{"AcquisitionMatrixPE": 128, "AcquisitionNumber": 1, "AcquisitionTime": "07:51:48.782500", "BandwidthPerPixelPhaseEncode": 20.292, "BaseResolution": 128, "BodyPartExamined": "BRAIN", "ConsistencyInfo": "N4_VD11D_LATEST_20110129", "ConversionSoftware": "dcm2niix", "ConversionSoftwareVersion": "v1.0.20210317", "DerivedVendorReportedEchoSpacing": 0.000770008, "DeviceSerialNumber": "45239", "DiffusionScheme": "Monopolar", "DwellTime": 2.4e-06, "EchoTime": 0.092, "EchoTrainLength": 51, "EffectiveEchoSpacing": 0.000385004, "FlipAngle": 90, "ImageComments": "Unaliased MB3/PE3", "ImageOrientationPatientDICOM": [1, -2.05103e-10, 0, 2.05103e-10, 1, 0], "ImageType": ["ORIGINAL", "PRIMARY", "DIFFUSION", "NONE", "ND", "NORM", "MOSAIC"], "ImagingFrequency": 123.193, "InPlanePhaseEncodingDirectionDICOM": "ROW", "InstitutionAddress": "E 24th St. 100,Austin,Southmiddle,US,78712", "InstitutionName": "Univ of Texas at Austin", "InstitutionalDepartmentName": "IRC", "MRAcquisitionType": "2D", "MagneticFieldStrength": 3, "Manufacturer": "Siemens", "ManufacturersModelName": "Skyra", "Modality": "MR", "MultibandAccelerationFactor": 3, "ParallelReductionFactorInPlane": 2, "PartialFourier": 0.75, "PatientPosition": "HFS", "PercentPhaseFOV": 100, "PercentSampling": 100, "PhaseEncodingDirection": "i", "PhaseEncodingSteps": 102, "PhaseResolution": 1, "PixelBandwidth": 1630, "ProcedureStepDescription": "Poldrack2^self-scanning", "ProtocolName": "MBEPI with MDDW R-L", "PulseSequenceDetails": "%CustomerSeq%\\cmrr_mbep2d_diff", "ReceiveCoilActiveElements": "HEA;HEP", "ReceiveCoilName": "Head_32", "ReconMatrixPE": 128, "RefLinesPE": 76, "RepetitionTime": 5, "SAR": 0.138003, "ScanOptions": "PFP\\FS", "ScanningSequence": "EP", "SequenceName": "ep_b5#1", "SequenceVariant": "SK", "SeriesDescription": "MBEPI with MDDW R-L", "SeriesNumber": 14, "ShimSetting": [-2784, 8076, -15478, 121, -235, 214, 161, -67], "SliceThickness": 1.7, "SliceTiming": [0, 3.6375, 2.2975, 0.9575, 4.595, 3.255, 1.915, 0.575, 4.2125, 2.8725, 1.5325, 0.19, 3.83, 2.49, 1.15, 4.7875, 3.4475, 2.1075, 0.765, 4.405, 3.065, 1.7225, 0.3825, 4.0225, 2.68, 1.34, 0, 3.6375, 2.2975, 0.9575, 4.595, 3.255, 1.915, 0.575, 4.2125, 2.8725, 1.5325, 0.19, 3.83, 2.49, 1.15, 4.7875, 3.4475, 2.1075, 0.765, 4.405, 3.065, 1.7225, 0.3825, 4.0225, 2.68, 1.34, 0, 3.6375, 2.2975, 0.9575, 4.595, 3.255, 1.915, 0.575, 4.2125, 2.8725, 1.5325, 0.19, 3.83, 2.49, 1.15, 4.7875, 3.4475, 2.1075, 0.765, 4.405, 3.065, 1.7225, 0.3825, 4.0225, 2.68, 1.34], "SoftwareVersions": "syngo MR D11", "SpacingBetweenSlices": 1.7, "StationName": "AWP45239", "TotalReadoutTime": 0.0488955, "TxRefAmp": 338.78, "WipMemBlock": "f0c2a6f8-a565-465e-9b2e-90a62e36b654||Sequence: VD11D r195; Nov 21 2012 15:37:02 by eja", "dcmmeta_affine": [[-1.7421875, 3.573285833891049e-10, 0.0, 111.5], [3.573285833891049e-10, 1.7421875, 0.0, -121.86434936523438], [0.0, 0.0, 1.7000000476837158, -22.471792221069336], [0.0, 0.0, 0.0, 1.0]], "dcmmeta_reorient_transform": [[0.0, -1.0, 0.0, 127.0], [1.0, 0.0, 0.0, 0.0], [0.0, 0.0, 1.0, 0.0], [0.0, 0.0, 0.0, 1.0]], "dcmmeta_shape": [128, 128, 78, 64], "dcmmeta_slice_dim": 2, "dcmmeta_version": 0.6, "global": {"const": {"AcquisitionMatrix": [0, 128, 128, 0], "AngioFlag": "N", "BitsAllocated": 16, "BitsStored": 16, "BodyPartExamined": "BRAIN", "Columns": 1152, "EchoNumbers": 1, "EchoTime": 92.0, "EchoTrainLength": 51, "FlipAngle": 90.0, "HighBit": 15, "ImageOrientationPatient": [1.0, -2.051034e-10, 0.0, 2.051034e-10, 1.0, 0.0], "ImagePositionPatient": [-1003.5000002058, -991.39346197527, -22.471792221069], "ImageType": ["ORIGINAL", "PRIMARY", "DIFFUSION", "NONE", "ND", "NORM", "MOSAIC"], "ImagedNucleus": "1H", "ImagingFrequency": 123.193335, "InPlanePhaseEncodingDirection": "ROW", "MRAcquisitionType": "2D", "MagneticFieldStrength": 3.0, "Manufacturer": "SIEMENS", "ManufacturerModelName": "Skyra", "Modality": "MR", "NumberOfAverages": 1.0, "NumberOfPhaseEncodingSteps": 102, "PercentPhaseFieldOfView": 100.0, "PercentSampling": 100.0, "PerformedProcedureStepStartTime": "071138.937000", "PhotometricInterpretation": "MONOCHROME2", "PixelBandwidth": 1630.0, "PixelRepresentation": 0, "PixelSpacing": [1.7421875, 1.7421875], "ProtocolName": "MBEPI with MDDW R-L", "RepetitionTime": 5000.0, "Rows": 1152, "SAR": 0.13800316959011, "SamplesPerPixel": 1, "ScanOptions": ["PFP", "FS"], "ScanningSequence": "EP", "SequenceVariant": "SK", "SeriesDescription": "MBEPI with MDDW R-L", "SeriesNumber": 14, "SeriesTime": "075320.296000", "SliceLocation": -22.471792221069, "SliceThickness": 1.7000000476837, "SmallestImagePixelValue": 0, "SoftwareVersions": "syngo MR D11", "SpacingBetweenSlices": 1.6999999950458, "SpecificCharacterSet": "ISO_IR 100", "StudyID": "1", "StudyTime": "071138.828000", "TransmitCoilName": "Body", "VariableFlipAngleFlag": "N", "WindowCenterWidthExplanation": "Algo1", "dBdt": 0.0}, "slices": {}}, "time": {"samples": {"AcquisitionNumber": [1, 2, 3, 4, 5, 6, 7, 8, 9, 10, 11, 12, 13, 14, 15, 16, 17, 18, 19, 20, 21, 22, 23, 24, 25, 26, 27, 28, 29, 30, 31, 32, 33, 34, 35, 36, 37, 38, 39, 40, 41, 42, 43, 44, 45, 46, 47, 48, 49, 50, 51, 52, 53, 54, 55, 56, 57, 58, 59, 60, 61, 62, 63, 64], "AcquisitionTime": ["075148.782500", "075318.782500", "075323.782500", "075328.782500", "075333.782500", "075338.782500", "075343.782500", "075348.782500", "075353.782500", "075358.782500", "075403.782500", "075408.782500", "075413.782500", "075418.782500", "075423.782500", "075428.782500", "075433.782500", "075438.782500", "075443.782500", "075448.782500", "075453.782500", "075458.782500", "075503.782500", "075508.782500", "075513.782500", "075518.782500", "075523.782500", "075528.782500", "075533.782500", "075538.782500", "075543.782500", "075548.782500", "075553.782500", "075558.782500", "075603.782500", "075608.782500", "075613.782500", "075618.782500", "075623.782500", "075628.782500", "075633.782500", "075638.782500", "075643.782500", "075648.782500", "075653.782500", "075658.782500", "075703.782500", "075708.782500", "075713.782500", "075718.782500", "075723.782500", "075728.782500", "075733.782500", "075738.782500", "075743.782500", "075748.782500", "075753.782500", "075758.782500", "075803.782500", "075808.782500", "075813.782500", "075818.782500", "075823.782500", "075828.782500"], "ContentTime": ["075320.296000", "075329.687000", "075334.687000", "075334.687000", "075339.687000", "075344.687000", "075349.687000", "075354.687000", "075359.687000", "075404.687000", "075409.687000", "075414.687000", "075419.671000", "075424.687000", "075429.687000", "075434.671000", "075439.671000", "075444.687000", "075449.687000", "075454.687000", "075459.687000", "075504.671000", "075514.671000", "075514.687000", "075519.687000", "075524.687000", "075529.671000", "075534.671000", "075539.671000", "075544.687000", "075549.671000", "075554.687000", "075559.687000", "075604.671000", "075609.671000", "075614.671000", "075619.671000", "075624.671000", "075629.671000", "075634.671000", "075639.671000", "075644.671000", "075649.671000", "075654.671000", "075659.671000", "075704.671000", "075709.671000", "075714.671000", "075719.671000", "075724.671000", "075729.687000", "075734.671000", "075739.671000", "075744.671000", "075749.687000", "075754.671000", "075759.671000", "075804.671000", "075809.671000", "075814.687000", "075819.671000", "075824.687000", "075829.671000", "075834.640000"], "InstanceCreationTime": ["075320.296000", "075329.687000", "075334.687000", "075334.687000", "075339.687000", "075344.687000", "075349.687000", "075354.687000", "075359.687000", "075404.687000", "075409.687000", "075414.687000", "075419.671000", "075424.687000", "075429.687000", "075434.671000", "075439.671000", "075444.687000", "075449.687000", "075454.687000", "075459.687000", "075504.671000", "075514.671000", "075514.687000", "075519.687000", "075524.687000", "075529.671000", "075534.671000", "075539.671000", "075544.687000", "075549.671000", "075554.687000", "075559.687000", "075604.671000", "075609.671000", "075614.671000", "075619.671000", "075624.671000", "075629.671000", "075634.671000", "075639.671000", "075644.671000", "075649.671000", "075654.671000", "075659.671000", "075704.671000", "075709.671000", "075714.671000", "075719.671000", "075724.671000", "075729.687000", "075734.671000", "075739.671000", "075744.671000", "075749.687000", "075754.671000", "075759.671000", "075804.671000", "075809.671000", "075814.687000", "075819.671000", "075824.687000", "075829.671000", "075834.640000"], "InstanceNumber": [1, 2, 3, 4, 5, 6, 7, 8, 9, 10, 11, 12, 13, 14, 15, 16, 17, 18, 19, 20, 21, 22, 23, 24, 25, 26, 27, 28, 29, 30, 31, 32, 33, 34, 35, 36, 37, 38, 39, 40, 41, 42, 43, 44, 45, 46, 47, 48, 49, 50, 51, 52, 53, 54, 55, 56, 57, 58, 59, 60, 61, 62, 63, 64], "LargestImagePixelValue": [63020, 18280, 17765, 20685, 15974, 17242, 18674, 17680, 18704, 18250, 18302, 17321, 18772, 20631, 19464, 18486, 61293, 18248, 18130, 19561, 18617, 20130, 18843, 17998, 17145, 16997, 17517, 20123, 19684, 18535, 19314, 19865, 65535, 10172, 10131, 11999, 8726, 9009, 9188, 8864, 10776, 9884, 9032, 8564, 10388, 11020, 9907, 11028, 65535, 10332, 8355, 9928, 10318, 12035, 11273, 9698, 9169, 8900, 9195, 11296, 10090, 11282, 10072, 11457], "SequenceName": ["ep_b5#1", "ep_b995#2", "ep_b995#3", "ep_b995#4", "ep_b995#5", "ep_b1000#6", "ep_b1000#7", "ep_b995#8", "ep_b995#9", "ep_b995#10", "ep_b1000#11", "ep_b1000#12", "ep_b1005#13", "ep_b1005#14", "ep_b1000#15", "ep_b1005#16", "ep_b5#17", "ep_b1005#18", "ep_b1000#19", "ep_b1005#20", "ep_b1005#21", "ep_b995#22", "ep_b1005#23", "ep_b1000#24", "ep_b1000#25", "ep_b1000#26", "ep_b995#27", "ep_b995#28", "ep_b995#29", "ep_b1000#30", "ep_b1005#31", "ep_b1000#32", "ep_b5#1", "ep_b1990#2", "ep_b1990#3", "ep_b1990#4", "ep_b1995#5", "ep_b1995#6", "ep_b2000#7", "ep_b1995#8", "ep_b1990#9", "ep_b1995#10", "ep_b2000#11", "ep_b2000#12", "ep_b2010#13", "ep_b2005#14", "ep_b2000#15", "ep_b2005#16", "ep_b5#17", "ep_b2005#18", "ep_b2005#19", "ep_b2005#20", "ep_b2010#21", "ep_b1990#22", "ep_b2010#23", "ep_b2000#24", "ep_b2000#25", "ep_b1995#26", "ep_b1995#27", "ep_b1995#28", "ep_b1995#29", "ep_b2000#30", "ep_b2005#31", "ep_b2000#32"], "WindowCenter": [7501.0, 3268.0, 3271.0, 3316.0, 3252.0, 3274.0, 3307.0, 3291.0, 3296.0, 3305.0, 3316.0, 3317.0, 3314.0, 3326.0, 3324.0, 3342.0, 7514.0, 3314.0, 3322.0, 3314.0, 3316.0, 3331.0, 3257.0, 3303.0, 3294.0, 3275.0, 3258.0, 3335.0, 3288.0, 3304.0, 3330.0, 3348.0, 7526.0, 2127.0, 2131.0, 2206.0, 2099.0, 2129.0, 2173.0, 2157.0, 2186.0, 2202.0, 2176.0, 2167.0, 2191.0, 2217.0, 2222.0, 2236.0, 7544.0, 2191.0, 2171.0, 2193.0, 2191.0, 2225.0, 2192.0, 2161.0, 2162.0, 2114.0, 2114.0, 2225.0, 2148.0, 2192.0, 2212.0, 2224.0], "WindowWidth": [16492.0, 7531.0, 7543.0, 7634.0, 7496.0, 7532.0, 7599.0, 7566.0, 7585.0, 7592.0, 7615.0, 7614.0, 7622.0, 7640.0, 7639.0, 7679.0, 16524.0, 7624.0, 7632.0, 7622.0, 7630.0, 7667.0, 7526.0, 7601.0, 7576.0, 7534.0, 7515.0, 7678.0, 7579.0, 7609.0, 7658.0, 7692.0, 16524.0, 5205.0, 5221.0, 5375.0, 5153.0, 5216.0, 5304.0, 5271.0, 5323.0, 5364.0, 5319.0, 5310.0, 5343.0, 5392.0, 5417.0, 5443.0, 16583.0, 5344.0, 5325.0, 5355.0, 5342.0, 5417.0, 5348.0, 5287.0, 5292.0, 5186.0, 5183.0, 5423.0, 5263.0, 5348.0, 5400.0, 5422.0]}, "slices": {}}}