{"AcquisitionMatrixPE": 96, "AcquisitionNumber": 1, "AcquisitionTime": "07:43:31.302500", "BandwidthPerPixelPhaseEncode": 33.602, "BaseResolution": 96, "BodyPartExamined": "BRAIN", "ConsistencyInfo": "N4_VD11D_LATEST_20110129", "ConversionSoftware": "dcm2niix", "ConversionSoftwareVersion": "v1.0.20210317", "DerivedVendorReportedEchoSpacing": 0.000620003, "DeviceSerialNumber": "45239", "DwellTime": 2.6e-06, "EchoTime": 0.036, "EchoTrainLength": 48, "EffectiveEchoSpacing": 0.000310001, "FlipAngle": 90, "ImageOrientationPatientDICOM": [0.999989, 0.0041608, -0.00221233, -0.00471239, 0.882938, -0.469466], "ImageType": ["ORIGINAL", "PRIMARY", "M", "ND", "NORM", "MOSAIC"], "ImagingFrequency": 123.193, "InPlanePhaseEncodingDirectionDICOM": "COL", "InstitutionAddress": "E 24th St. 100,Austin,Southmiddle,US,78712", "InstitutionName": "Univ of Texas at Austin", "InstitutionalDepartmentName": "IRC", "MRAcquisitionType": "2D", "MagneticFieldStrength": 3, "Manufacturer": "Siemens", "ManufacturersModelName": "Skyra", "Modality": "MR", "ParallelReductionFactorInPlane": 2, "PartialFourier": 1, "PatientPosition": "HFS", "PercentPhaseFOV": 100, "PercentSampling": 100, "PhaseEncodingDirection": "j", "PhaseEncodingSteps": 96, "PhaseResolution": 1, "PixelBandwidth": 2005, "ProcedureStepDescription": "Poldrack2^self-scanning", "ProtocolName": "MB-SE_FieldMap_P-A", "PulseSequenceDetails": "%CustomerSeq%\\cmrr_mbep2d_se", "ReceiveCoilActiveElements": "HEA;HEP", "ReceiveCoilName": "Head_32", "ReconMatrixPE": 96, "RefLinesPE": 48, "RepetitionTime": 4.55, "SAR": 0.331007, "ScanOptions": "FS", "ScanningSequence": "EP", "SequenceName": "epse2d1_96", "SequenceVariant": "SK", "SeriesDescription": "MB-SE_FieldMap_P-A", "SeriesNumber": 7, "ShimSetting": [-2772, 8050, -15454, 218, -182, 155, 152, -54], "SliceThickness": 2, "SliceTiming": [2.2725, 0, 2.34, 0.065, 2.4075, 0.1325, 2.475, 0.2, 2.54, 0.2675, 2.6075, 0.3325, 2.675, 0.4, 2.7425, 0.4675, 2.8075, 0.535, 2.875, 0.6, 2.9425, 0.6675, 3.01, 0.735, 3.0775, 0.8025, 3.1425, 0.8675, 3.21, 0.935, 3.2775, 1.0025, 3.345, 1.07, 3.41, 1.135, 3.4775, 1.2025, 3.545, 1.27, 3.6125, 1.3375, 3.6775, 1.405, 3.745, 1.47, 3.8125, 1.5375, 3.88, 1.605, 3.945, 1.6725, 4.0125, 1.7375, 4.08, 1.805, 4.1475, 1.8725, 4.2125, 1.94, 4.28, 2.005, 4.3475, 2.0725, 4.415, 2.14, 4.48, 2.2075], "SoftwareVersions": "syngo MR D11", "SpacingBetweenSlices": 2.4, "StationName": "AWP45239", "TotalReadoutTime": 0.0294501, "TxRefAmp": 331.222, "WipMemBlock": "7c5ba867-7825-4f64-8405-67601c269376||Sequence: VD11D r196; Dec  8 2012 22:11:06 by IDEA", "dcmmeta_affine": [[-2.3958065509796143, -0.011290105059742928, 9.473480666599698e-09, 119.91649627685547], [-0.009968575090169907, 2.1153717041015625, -1.1267317533493042, -80.88239288330078], [-0.0053003751672804356, 1.1247631311416626, 2.1190743446350098, -95.40343475341797], [0.0, 0.0, 0.0, 1.0]], "dcmmeta_reorient_transform": [[0.0, -1.0, 0.0, 95.0], [1.0, 0.0, 0.0, 0.0], [0.0, 0.0, 1.0, 0.0], [0.0, 0.0, 0.0, 1.0]], "dcmmeta_shape": [96, 96, 68, 5], "dcmmeta_slice_dim": 2, "dcmmeta_version": 0.6, "global": {"const": {"AcquisitionMatrix": [96, 0, 0, 96], "AngioFlag": "N", "BitsAllocated": 16, "BitsStored": 16, "BodyPartExamined": "BRAIN", "Columns": 864, "EchoNumbers": 1, "EchoTime": 36.0, "EchoTrainLength": 48, "FlipAngle": 90.0, "HighBit": 15, "ImageOrientationPatient": [0.9999888966199, 0.00416079688508, -0.0022123304903, -0.0047123918468, 0.8829377879335, -0.4694663523642], "ImagePositionPatient": [-1034.4982894978, -936.20858930378, 445.39343710121], "ImageType": ["ORIGINAL", "PRIMARY", "M", "ND", "NORM", "MOSAIC"], "ImagedNucleus": "1H", "ImagingFrequency": 123.193329, "InPlanePhaseEncodingDirection": "COL", "MRAcquisitionType": "2D", "MagneticFieldStrength": 3.0, "Manufacturer": "SIEMENS", "ManufacturerModelName": "Skyra", "Modality": "MR", "NumberOfAverages": 1.0, "NumberOfPhaseEncodingSteps": 96, "PercentPhaseFieldOfView": 100.0, "PercentSampling": 100.0, "PerformedProcedureStepStartTime": "073233.796000", "PhotometricInterpretation": "MONOCHROME2", "PixelBandwidth": 2005.0, "PixelRepresentation": 0, "PixelSpacing": [2.3958332538605, 2.3958332538605], "ProtocolName": "MB-SE_FieldMap_P-A", "RepetitionTime": 4550.0, "Rows": 864, "SAR": 0.33100679904178, "SamplesPerPixel": 1, "ScanOptions": "FS", "ScanningSequence": "EP", "SequenceName": "epse2d1_96", "SequenceVariant": "SK", "SeriesDescription": "MB-SE_FieldMap_P-A", "SeriesNumber": 7, "SeriesTime": "074352.578000", "SliceLocation": -46.264244945123, "SliceThickness": 2.0, "SmallestImagePixelValue": 0, "SoftwareVersions": "syngo MR D11", "SpacingBetweenSlices": 2.4000000170172, "SpecificCharacterSet": "ISO_IR 100", "StudyID": "1", "StudyTime": "073233.750000", "TransmitCoilName": "Body", "VariableFlipAngleFlag": "N", "WindowCenterWidthExplanation": "Algo1", "dBdt": 0.0}, "slices": {}}, "time": {"samples": {"AcquisitionNumber": [1, 2, 3, 4, 5], "AcquisitionTime": ["074331.302500", "074335.852500", "074340.402500", "074344.952500", "074349.502500"], "ContentTime": ["074352.578000", "074352.578000", "074352.593000", "074352.593000", "074352.593000"], "InstanceCreationTime": ["074352.578000", "074352.578000", "074352.593000", "074352.593000", "074352.593000"], "InstanceNumber": [1, 2, 3, 4, 5], "LargestImagePixelValue": [45178, 45324, 45068, 45011, 45040], "WindowCenter": [7152.0, 7152.0, 7155.0, 7151.0, 7165.0], "WindowWidth": [15247.0, 15257.0, 15267.0, 15257.0, 15285.0]}, "slices": {}}}