{"AcquisitionMatrixPE": 96, "AcquisitionNumber": 1, "AcquisitionTime": "17:15:52.357500", "BandwidthPerPixelPhaseEncode": 33.602, "BaseResolution": 96, "BodyPartExamined": "BRAIN", "ConsistencyInfo": "N4_VD11D_LATEST_20110129", "ConversionSoftware": "dcm2niix", "ConversionSoftwareVersion": "v1.0.20210317", "DerivedVendorReportedEchoSpacing": 0.000620003, "DeviceSerialNumber": "45239", "DwellTime": 2.6e-06, "EchoTime": 0.03, "EchoTrainLength": 48, "EffectiveEchoSpacing": 0.000310001, "FlipAngle": 63, "ImageComments": "Unaliased MB4/PE3", "ImageOrientationPatientDICOM": [0.997679, 0.0153188, 0.0663423, 0.0263309, 0.811751, -0.58341], "ImageType": ["ORIGINAL", "PRIMARY", "M", "ND", "NORM", "MOSAIC"], "ImagingFrequency": 123.193, "InPlanePhaseEncodingDirectionDICOM": "COL", "InstitutionAddress": "E 24th St. 100,Austin,Southmiddle,US,78712", "InstitutionName": "Univ of Texas at Austin", "InstitutionalDepartmentName": "IRC", "MRAcquisitionType": "2D", "MagneticFieldStrength": 3, "Manufacturer": "Siemens", "ManufacturersModelName": "Skyra", "Modality": "MR", "MultibandAccelerationFactor": 4, "ParallelReductionFactorInPlane": 2, "PartialFourier": 1, "PatientPosition": "HFS", "PercentPhaseFOV": 100, "PercentSampling": 100, "PhaseEncodingDirection": "j-", "PhaseEncodingSteps": 96, "PhaseResolution": 1, "PixelBandwidth": 2005, "ProcedureStepDescription": "Poldrack2^self-scanning", "ProtocolName": "Resting State fMRI MBEPI_matrix96_BW2004", "PulseSequenceDetails": "%CustomerSeq%\\cmrr_mbep2d_bold", "ReceiveCoilActiveElements": "HEA;HEP", "ReceiveCoilName": "Head_32", "ReconMatrixPE": 96, "RefLinesPE": 94, "RepetitionTime": 1.16, "SAR": 0.0992792, "ScanOptions": "FS", "ScanningSequence": "EP", "SequenceName": "epfid2d1_96", "SequenceVariant": "SK", "SeriesDescription": "Resting State fMRI MBEPI_matrix96_BW2004", "SeriesNumber": 9, "ShimSetting": [-2762, 8064, -15449, 201, -187, 141, 117, -68], "SliceThickness": 2, "SliceTiming": [0, 0.4975, 0.9975, 0.355, 0.855, 0.2125, 0.7125, 0.07, 0.57, 1.0675, 0.4275, 0.925, 0.285, 0.7825, 0.1425, 0.64, 0, 0.4975, 0.9975, 0.355, 0.855, 0.2125, 0.7125, 0.07, 0.57, 1.0675, 0.4275, 0.925, 0.285, 0.7825, 0.1425, 0.64, 0, 0.4975, 0.9975, 0.355, 0.855, 0.2125, 0.7125, 0.07, 0.57, 1.0675, 0.4275, 0.925, 0.285, 0.7825, 0.1425, 0.64, 0, 0.4975, 0.9975, 0.355, 0.855, 0.2125, 0.7125, 0.07, 0.57, 1.0675, 0.4275, 0.925, 0.285, 0.7825, 0.1425, 0.64], "SoftwareVersions": "syngo MR D11", "SpacingBetweenSlices": 2.4, "StationName": "AWP45239", "TaskName": "Resting fmri", "TotalReadoutTime": 0.0294501, "TxRefAmp": 345.083, "WipMemBlock": "dec852f6-dda1-43f2-9ff8-090a7480cf95||Sequence: VD11D r195; Nov 21 2012 15:36:10 by eja", "dcmmeta_affine": [[-2.390273332595825, 0.06308434903621674, 0.1506972759962082, 109.90769958496094], [-0.0367012582719326, 1.9448188543319702, -1.4011281728744507, -70.10677337646484], [0.15894506871700287, 1.397754192352295, 1.9427120685577393, -96.73332977294922], [0.0, 0.0, 0.0, 1.0]], "dcmmeta_reorient_transform": [[0.0, -1.0, 0.0, 95.0], [1.0, 0.0, 0.0, 0.0], [0.0, 0.0, 1.0, 0.0], [0.0, 0.0, 0.0, 1.0]], "dcmmeta_shape": [96, 96, 64, 518], "dcmmeta_slice_dim": 2, "dcmmeta_version": 0.6, "global": {"const": {"AcquisitionMatrix": [96, 0, 0, 96], "AngioFlag": "N", "BitsAllocated": 16, "BitsStored": 16, "BodyPartExamined": "BRAIN", "Columns": 768, "EchoNumbers": 1, "EchoTime": 30.0, "EchoTrainLength": 48, "FlipAngle": 63.0, "HighBit": 15, "ImageOrientationPatient": [0.99767932484594, 0.01531878713477, 0.06634229070264, 0.02633085816498, 0.81175052867031, -0.5834104602351], "ImagePositionPatient": [-940.22888041464, -780.44180262779, 452.29318099467], "ImageType": ["ORIGINAL", "PRIMARY", "M", "ND", "NORM", "MOSAIC"], "ImagedNucleus": "1H", "ImagingFrequency": 123.193406, "InPlanePhaseEncodingDirection": "COL", "MRAcquisitionType": "2D", "MagneticFieldStrength": 3.0, "Manufacturer": "SIEMENS", "ManufacturerModelName": "Skyra", "Modality": "MR", "NumberOfAverages": 1.0, "NumberOfPhaseEncodingSteps": 96, "PercentPhaseFieldOfView": 100.0, "PercentSampling": 100.0, "PerformedProcedureStepStartTime": "165810.953000", "PhotometricInterpretation": "MONOCHROME2", "PixelBandwidth": 2005.0, "PixelRepresentation": 0, "PixelSpacing": [2.3958332538605, 2.3958332538605], "ProtocolName": "Resting State fMRI MBEPI_matrix96_BW2004", "RepetitionTime": 1160.0, "Rows": 768, "SAR": 0.09927918722894, "SamplesPerPixel": 1, "ScanOptions": "FS", "ScanningSequence": "EP", "SequenceName": "epfid2d1_96", "SequenceVariant": "SK", "SeriesDescription": "Resting State fMRI MBEPI_matrix96_BW2004", "SeriesNumber": 9, "SeriesTime": "171634.937000", "SliceLocation": -30.472351553126, "SliceThickness": 2.0, "SmallestImagePixelValue": 0, "SoftwareVersions": "syngo MR D11", "SpacingBetweenSlices": 2.4000000586746, "SpecificCharacterSet": "ISO_IR 100", "StudyID": "1", "StudyTime": "165810.812000", "TransmitCoilName": "Body", "VariableFlipAngleFlag": "N", "WindowCenterWidthExplanation": "Algo1", "dBdt": 0.0}, "slices": {}}, "time": {"samples": {"AcquisitionNumber": [1, 2, 3, 4, 5, 6, 7, 8, 9, 10, 11, 12, 13, 14, 15, 16, 17, 18, 19, 20, 21, 22, 23, 24, 25, 26, 27, 28, 29, 30, 31, 32, 33, 34, 35, 36, 37, 38, 39, 40, 41, 42, 43, 44, 45, 46, 47, 48, 49, 50, 51, 52, 53, 54, 55, 56, 57, 58, 59, 60, 61, 62, 63, 64, 65, 66, 67, 68, 69, 70, 71, 72, 73, 74, 75, 76, 77, 78, 79, 80, 81, 82, 83, 84, 85, 86, 87, 88, 89, 90, 91, 92, 93, 94, 95, 96, 97, 98, 99, 100, 101, 102, 103, 104, 105, 106, 107, 108, 109, 110, 111, 112, 113, 114, 115, 116, 117, 118, 119, 120, 121, 122, 123, 124, 125, 126, 127, 128, 129, 130, 131, 132, 133, 134, 135, 136, 137, 138, 139, 140, 141, 142, 143, 144, 145, 146, 147, 148, 149, 150, 151, 152, 153, 154, 155, 156, 157, 158, 159, 160, 161, 162, 163, 164, 165, 166, 167, 168, 169, 170, 171, 172, 173, 174, 175, 176, 177, 178, 179, 180, 181, 182, 183, 184, 185, 186, 187, 188, 189, 190, 191, 192, 193, 194, 195, 196, 197, 198, 199, 200, 201, 202, 203, 204, 205, 206, 207, 208, 209, 210, 211, 212, 213, 214, 215, 216, 217, 218, 219, 220, 221, 222, 223, 224, 225, 226, 227, 228, 229, 230, 231, 232, 233, 234, 235, 236, 237, 238, 239, 240, 241, 242, 243, 244, 245, 246, 247, 248, 249, 250, 251, 252, 253, 254, 255, 256, 257, 258, 259, 260, 261, 262, 263, 264, 265, 266, 267, 268, 269, 270, 271, 272, 273, 274, 275, 276, 277, 278, 279, 280, 281, 282, 283, 284, 285, 286, 287, 288, 289, 290, 291, 292, 293, 294, 295, 296, 297, 298, 299, 300, 301, 302, 303, 304, 305, 306, 307, 308, 309, 310, 311, 312, 313, 314, 315, 316, 317, 318, 319, 320, 321, 322, 323, 324, 325, 326, 327, 328, 329, 330, 331, 332, 333, 334, 335, 336, 337, 338, 339, 340, 341, 342, 343, 344, 345, 346, 347, 348, 349, 350, 351, 352, 353, 354, 355, 356, 357, 358, 359, 360, 361, 362, 363, 364, 365, 366, 367, 368, 369, 370, 371, 372, 373, 374, 375, 376, 377, 378, 379, 380, 381, 382, 383, 384, 385, 386, 387, 388, 389, 390, 391, 392, 393, 394, 395, 396, 397, 398, 399, 400, 401, 402, 403, 404, 405, 406, 407, 408, 409, 410, 411, 412, 413, 414, 415, 416, 417, 418, 419, 420, 421, 422, 423, 424, 425, 426, 427, 428, 429, 430, 431, 432, 433, 434, 435, 436, 437, 438, 439, 440, 441, 442, 443, 444, 445, 446, 447, 448, 449, 450, 451, 452, 453, 454, 455, 456, 457, 458, 459, 460, 461, 462, 463, 464, 465, 466, 467, 468, 469, 470, 471, 472, 473, 474, 475, 476, 477, 478, 479, 480, 481, 482, 483, 484, 485, 486, 487, 488, 489, 490, 491, 492, 493, 494, 495, 496, 497, 498, 499, 500, 501, 502, 503, 504, 505, 506, 507, 508, 509, 510, 511, 512, 513, 514, 515, 516, 517, 518], "AcquisitionTime": ["171552.357500", "171621.357500", "171622.517500", "171623.677500", "171624.837500", "171625.997500", "171627.157500", "171628.317500", "171629.477500", "171630.637500", "171631.797500", "171632.957500", "171634.117500", "171635.277500", "171636.437500", "171637.597500", "171638.757500", "171639.917500", "171641.077500", "171642.237500", "171643.397500", "171644.557500", "171645.717500", "171646.877500", "171648.037500", "171649.197500", "171650.357500", "171651.517500", "171652.677500", "171653.837500", "171654.997500", "171656.157500", "171657.317500", "171658.477500", "171659.637500", "171700.797500", "171701.957500", "171703.117500", "171704.277500", "171705.437500", "171706.597500", "171707.757500", "171708.917500", "171710.077500", "171711.237500", "171712.397500", "171713.557500", "171714.717500", "171715.877500", "171717.037500", "171718.197500", "171719.357500", "171720.517500", "171721.677500", "171722.837500", "171723.997500", "171725.157500", "171726.317500", "171727.477500", "171728.637500", "171729.797500", "171730.957500", "171732.117500", "171733.277500", "171734.437500", "171735.597500", "171736.757500", "171737.917500", "171739.077500", "171740.237500", "171741.397500", "171742.557500", "171743.717500", "171744.877500", "171746.037500", "171747.197500", "171748.357500", "171749.517500", "171750.677500", "171751.837500", "171752.997500", "171754.157500", "171755.317500", "171756.477500", "171757.637500", "171758.797500", "171759.957500", "171801.117500", "171802.277500", "171803.437500", "171804.597500", "171805.757500", "171806.917500", "171808.077500", "171809.237500", "171810.397500", "171811.557500", "171812.717500", "171813.877500", "171815.037500", "171816.197500", "171817.357500", "171818.517500", "171819.677500", "171820.837500", "171821.997500", "171823.157500", "171824.317500", "171825.477500", "171826.637500", "171827.797500", "171828.957500", "171830.117500", "171831.277500", "171832.437500", "171833.597500", "171834.757500", "171835.917500", "171837.077500", "171838.237500", "171839.397500", "171840.557500", "171841.717500", "171842.877500", "171844.037500", "171845.197500", "171846.357500", "171847.517500", "171848.677500", "171849.837500", "171850.997500", "171852.157500", "171853.317500", "171854.480000", "171855.640000", "171856.800000", "171857.960000", "171859.120000", "171900.280000", "171901.440000", "171902.600000", "171903.760000", "171904.920000", "171906.080000", "171907.240000", "171908.400000", "171909.560000", "171910.720000", "171911.880000", "171913.040000", "171914.200000", "171915.360000", "171916.520000", "171917.680000", "171918.840000", "171920.000000", "171921.160000", "171922.320000", "171923.480000", "171924.640000", "171925.800000", "171926.960000", "171928.120000", "171929.280000", "171930.440000", "171931.600000", "171932.760000", "171933.920000", "171935.080000", "171936.240000", "171937.400000", "171938.560000", "171939.720000", "171940.880000", "171942.040000", "171943.200000", "171944.360000", "171945.520000", "171946.680000", "171947.840000", "171949.000000", "171950.160000", "171951.320000", "171952.480000", "171953.640000", "171954.800000", "171955.960000", "171957.120000", "171958.280000", "171959.440000", "172000.600000", "172001.760000", "172002.920000", "172004.080000", "172005.240000", "172006.400000", "172007.560000", "172008.720000", "172009.880000", "172011.040000", "172012.200000", "172013.360000", "172014.520000", "172015.680000", "172016.840000", "172018.000000", "172019.160000", "172020.320000", "172021.480000", "172022.640000", "172023.800000", "172024.960000", "172026.120000", "172027.280000", "172028.440000", "172029.600000", "172030.760000", "172031.920000", "172033.080000", "172034.240000", "172035.400000", "172036.560000", "172037.720000", "172038.880000", "172040.040000", "172041.200000", "172042.360000", "172043.520000", "172044.680000", "172045.840000", "172047.000000", "172048.160000", "172049.320000", "172050.480000", "172051.640000", "172052.800000", "172053.960000", "172055.120000", "172056.280000", "172057.440000", "172058.600000", "172059.760000", "172100.920000", "172102.080000", "172103.240000", "172104.400000", "172105.560000", "172106.720000", "172107.880000", "172109.040000", "172110.200000", "172111.360000", "172112.520000", "172113.680000", "172114.840000", "172116.000000", "172117.160000", "172118.320000", "172119.480000", "172120.640000", "172121.800000", "172122.960000", "172124.120000", "172125.280000", "172126.440000", "172127.600000", "172128.760000", "172129.920000", "172131.080000", "172132.240000", "172133.400000", "172134.560000", "172135.720000", "172136.880000", "172138.040000", "172139.200000", "172140.360000", "172141.520000", "172142.680000", "172143.840000", "172145.000000", "172146.160000", "172147.320000", "172148.480000", "172149.640000", "172150.800000", "172151.960000", "172153.120000", "172154.280000", "172155.440000", "172156.600000", "172157.760000", "172158.920000", "172200.080000", "172201.240000", "172202.400000", "172203.560000", "172204.720000", "172205.880000", "172207.040000", "172208.200000", "172209.360000", "172210.520000", "172211.680000", "172212.840000", "172214.000000", "172215.160000", "172216.320000", "172217.480000", "172218.640000", "172219.800000", "172220.960000", "172222.120000", "172223.280000", "172224.440000", "172225.600000", "172226.760000", "172227.920000", "172229.080000", "172230.240000", "172231.400000", "172232.560000", "172233.720000", "172234.880000", "172236.040000", "172237.200000", "172238.360000", "172239.520000", "172240.680000", "172241.840000", "172243.000000", "172244.160000", "172245.320000", "172246.480000", "172247.640000", "172248.800000", "172249.960000", "172251.120000", "172252.280000", "172253.440000", "172254.600000", "172255.760000", "172256.920000", "172258.080000", "172259.240000", "172300.400000", "172301.560000", "172302.720000", "172303.880000", "172305.040000", "172306.200000", "172307.360000", "172308.520000", "172309.680000", "172310.840000", "172312.000000", "172313.160000", "172314.320000", "172315.480000", "172316.640000", "172317.800000", "172318.960000", "172320.120000", "172321.280000", "172322.440000", "172323.600000", "172324.760000", "172325.920000", "172327.080000", "172328.240000", "172329.400000", "172330.560000", "172331.720000", "172332.880000", "172334.040000", "172335.200000", "172336.360000", "172337.520000", "172338.680000", "172339.840000", "172341.000000", "172342.160000", "172343.320000", "172344.482500", "172345.642500", "172346.802500", "172347.962500", "172349.122500", "172350.282500", "172351.442500", "172352.602500", "172353.762500", "172354.922500", "172356.082500", "172357.242500", "172358.402500", "172359.562500", "172400.722500", "172401.882500", "172403.042500", "172404.202500", "172405.362500", "172406.522500", "172407.682500", "172408.842500", "172410.002500", "172411.162500", "172412.322500", "172413.482500", "172414.642500", "172415.802500", "172416.962500", "172418.122500", "172419.282500", "172420.442500", "172421.602500", "172422.762500", "172423.922500", "172425.082500", "172426.242500", "172427.402500", "172428.562500", "172429.722500", "172430.882500", "172432.042500", "172433.202500", "172434.362500", "172435.522500", "172436.682500", "172437.842500", "172439.002500", "172440.162500", "172441.322500", "172442.482500", "172443.642500", "172444.802500", "172445.962500", "172447.122500", "172448.282500", "172449.442500", "172450.602500", "172451.762500", "172452.922500", "172454.082500", "172455.242500", "172456.402500", "172457.562500", "172458.722500", "172459.882500", "172501.042500", "172502.202500", "172503.362500", "172504.522500", "172505.682500", "172506.842500", "172508.002500", "172509.162500", "172510.322500", "172511.482500", "172512.642500", "172513.802500", "172514.962500", "172516.122500", "172517.282500", "172518.442500", "172519.602500", "172520.762500", "172521.922500", "172523.082500", "172524.242500", "172525.402500", "172526.562500", "172527.722500", "172528.882500", "172530.042500", "172531.202500", "172532.362500", "172533.522500", "172534.682500", "172535.842500", "172537.002500", "172538.162500", "172539.322500", "172540.482500", "172541.642500", "172542.802500", "172543.962500", "172545.122500", "172546.282500", "172547.442500", "172548.602500", "172549.762500", "172550.922500", "172552.082500", "172553.242500", "172554.402500", "172555.562500", "172556.722500", "172557.882500", "172559.042500", "172600.202500", "172601.362500", "172602.522500", "172603.682500", "172604.842500", "172606.002500", "172607.162500", "172608.322500", "172609.482500", "172610.642500", "172611.802500", "172612.962500", "172614.122500", "172615.282500", "172616.442500", "172617.602500", "172618.762500", "172619.922500"], "ContentTime": ["171634.937000", "171641.828000", "171641.828000", "171641.828000", "171641.843000", "171641.843000", "171646.828000", "171646.828000", "171646.828000", "171646.828000", "171646.828000", "171651.828000", "171651.828000", "171651.828000", "171656.828000", "171656.828000", "171656.828000", "171656.828000", "171701.828000", "171701.828000", "171701.828000", "171701.828000", "171706.828000", "171706.828000", "171706.828000", "171706.828000", "171711.828000", "171711.828000", "171711.828000", "171711.828000", "171716.828000", "171716.828000", "171716.828000", "171716.828000", "171721.828000", "171721.828000", "171721.828000", "171721.828000", "171726.828000", "171726.828000", "171726.828000", "171731.828000", "171731.828000", "171731.828000", "171731.828000", "171736.828000", "171736.828000", "171736.828000", "171736.828000", "171741.828000", "171741.828000", "171741.828000", "171741.828000", "171746.828000", "171746.828000", "171746.828000", "171746.828000", "171751.828000", "171751.828000", "171751.828000", "171751.828000", "171756.828000", "171756.828000", "171756.828000", "171756.828000", "171801.828000", "171801.828000", "171801.828000", "171801.828000", "171806.828000", "171806.828000", "171806.828000", "171806.828000", "171806.828000", "171811.828000", "171811.828000", "171811.828000", "171816.828000", "171816.828000", "171816.828000", "171816.828000", "171821.828000", "171821.828000", "171821.828000", "171821.828000", "171826.828000", "171826.828000", "171826.828000", "171826.828000", "171831.828000", "171831.828000", "171831.828000", "171831.828000", "171836.828000", "171836.828000", "171836.828000", "171836.828000", "171841.828000", "171841.828000", "171841.828000", "171841.828000", "171846.828000", "171846.828000", "171846.828000", "171846.828000", "171851.828000", "171851.828000", "171851.828000", "171851.828000", "171856.828000", "171856.828000", "171856.828000", "171856.828000", "171901.828000", "171901.828000", "171901.843000", "171906.828000", "171906.828000", "171906.828000", "171906.843000", "171911.828000", "171911.828000", "171911.828000", "171911.843000", "171916.828000", "171916.828000", "171916.828000", "171916.828000", "171921.828000", "171921.828000", "171921.843000", "171921.843000", "171926.828000", "171926.828000", "171926.828000", "171926.843000", "171931.828000", "171931.828000", "171931.828000", "171931.828000", "171936.828000", "171936.828000", "171936.828000", "171941.828000", "171941.828000", "171941.828000", "171941.843000", "171946.828000", "171946.828000", "171946.843000", "171946.843000", "171951.828000", "171951.828000", "171951.828000", "171956.828000", "171956.828000", "171956.828000", "171956.828000", "171956.828000", "172001.828000", "172001.828000", "172001.828000", "172001.828000", "172006.828000", "172006.828000", "172006.828000", "172006.828000", "172011.828000", "172011.828000", "172011.828000", "172011.843000", "172016.828000", "172016.828000", "172016.828000", "172016.843000", "172021.828000", "172021.828000", "172021.828000", "172021.843000", "172026.828000", "172026.828000", "172026.843000", "172026.843000", "172031.828000", "172031.828000", "172031.828000", "172031.843000", "172036.828000", "172036.828000", "172036.828000", "172036.828000", "172036.828000", "172041.828000", "172041.828000", "172041.828000", "172041.828000", "172046.828000", "172046.828000", "172046.828000", "172046.843000", "172051.828000", "172051.828000", "172051.828000", "172051.843000", "172056.828000", "172056.828000", "172056.828000", "172056.828000", "172101.828000", "172101.828000", "172101.828000", "172101.828000", "172101.828000", "172106.828000", "172106.828000", "172106.828000", "172106.828000", "172111.828000", "172111.828000", "172111.843000", "172111.843000", "172116.828000", "172116.828000", "172116.828000", "172116.828000", "172121.828000", "172121.828000", "172121.828000", "172121.828000", "172126.828000", "172126.828000", "172126.828000", "172126.828000", "172131.828000", "172131.828000", "172131.828000", "172131.828000", "172136.828000", "172136.828000", "172136.828000", "172136.843000", "172141.828000", "172141.828000", "172141.828000", "172141.828000", "172146.828000", "172146.828000", "172146.828000", "172151.828000", "172151.828000", "172151.828000", "172151.843000", "172156.828000", "172156.828000", "172156.828000", "172156.828000", "172201.828000", "172201.828000", "172201.828000", "172201.828000", "172206.828000", "172206.828000", "172206.828000", "172206.828000", "172206.828000", "172211.828000", "172211.828000", "172211.828000", "172216.828000", "172216.828000", "172216.828000", "172216.843000", "172221.828000", "172221.828000", "172221.828000", "172221.828000", "172226.828000", "172226.828000", "172226.828000", "172226.828000", "172231.828000", "172231.828000", "172231.828000", "172236.828000", "172236.828000", "172236.828000", "172236.843000", "172241.828000", "172241.828000", "172241.828000", "172246.828000", "172246.828000", "172246.828000", "172246.828000", "172251.828000", "172251.828000", "172251.828000", "172251.843000", "172256.828000", "172256.828000", "172256.828000", "172256.843000", "172301.828000", "172301.828000", "172301.828000", "172301.843000", "172306.828000", "172306.828000", "172306.828000", "172306.828000", "172311.828000", "172311.828000", "172311.828000", "172316.828000", "172316.828000", "172316.828000", "172316.828000", "172321.828000", "172321.828000", "172321.828000", "172321.828000", "172326.828000", "172326.828000", "172326.828000", "172326.843000", "172331.828000", "172331.828000", "172331.828000", "172331.828000", "172336.828000", "172336.828000", "172336.828000", "172336.828000", "172341.828000", "172341.828000", "172341.828000", "172346.828000", "172346.828000", "172346.828000", "172346.828000", "172351.828000", "172351.828000", "172351.828000", "172351.828000", "172356.828000", "172356.828000", "172356.843000", "172356.843000", "172401.828000", "172401.828000", "172401.828000", "172401.828000", "172406.828000", "172406.843000", "172406.843000", "172406.843000", "172411.828000", "172411.828000", "172411.828000", "172411.828000", "172416.828000", "172416.828000", "172416.828000", "172421.828000", "172421.828000", "172421.828000", "172421.828000", "172426.828000", "172426.828000", "172426.828000", "172426.828000", "172431.828000", "172431.828000", "172431.828000", "172431.828000", "172436.828000", "172436.828000", "172436.828000", "172436.828000", "172441.828000", "172441.828000", "172441.828000", "172441.828000", "172446.828000", "172446.828000", "172446.828000", "172446.843000", "172451.828000", "172451.828000", "172451.828000", "172451.828000", "172456.828000", "172456.828000", "172456.828000", "172456.828000", "172501.828000", "172501.828000", "172501.828000", "172501.828000", "172506.828000", "172506.828000", "172506.828000", "172506.828000", "172511.828000", "172511.828000", "172511.828000", "172511.828000", "172516.828000", "172516.828000", "172516.828000", "172516.828000", "172521.828000", "172521.828000", "172521.828000", "172521.843000", "172526.828000", "172526.828000", "172526.828000", "172526.828000", "172531.828000", "172531.828000", "172531.828000", "172531.828000", "172536.828000", "172536.828000", "172536.828000", "172536.828000", "172541.828000", "172541.828000", "172541.828000", "172541.828000", "172546.828000", "172546.828000", "172546.828000", "172551.828000", "172551.828000", "172551.828000", "172551.828000", "172551.828000", "172556.828000", "172556.828000", "172556.828000", "172601.828000", "172601.828000", "172601.828000", "172601.843000", "172606.828000", "172606.828000", "172606.828000", "172606.843000", "172611.828000", "172611.828000", "172611.828000", "172611.843000", "172616.828000", "172616.828000", "172616.828000", "172616.843000", "172621.828000", "172621.828000", "172621.843000", "172621.843000", "172626.828000", "172626.843000", "172626.843000", "172626.843000", "172631.828000", "172631.828000", "172631.828000", "172631.843000", "172636.828000", "172636.828000", "172636.828000", "172636.843000", "172641.828000", "172641.828000", "172641.828000", "172641.843000", "172646.828000", "172646.828000", "172646.843000", "172646.843000", "172651.828000", "172651.828000", "172651.828000", "172651.828000", "172651.828000", "172656.828000", "172656.828000", "172656.828000", "172656.828000", "172701.828000", "172701.828000", "172701.828000", "172701.828000", "172706.828000", "172706.828000", "172706.828000", "172706.843000", "172711.828000", "172711.828000", "172711.828000", "172711.828000", "172716.828000", "172716.828000", "172716.828000", "172716.843000", "172721.828000", "172721.828000", "172721.828000", "172721.843000", "172726.828000", "172726.828000", "172726.828000", "172726.828000", "172726.828000", "172728.656000", "172728.656000"], "InstanceCreationTime": ["171634.937000", "171641.828000", "171641.828000", "171641.828000", "171641.843000", "171641.843000", "171646.828000", "171646.828000", "171646.828000", "171646.828000", "171646.828000", "171651.828000", "171651.828000", "171651.828000", "171656.828000", "171656.828000", "171656.828000", "171656.828000", "171701.828000", "171701.828000", "171701.828000", "171701.828000", "171706.828000", "171706.828000", "171706.828000", "171706.828000", "171711.828000", "171711.828000", "171711.828000", "171711.828000", "171716.828000", "171716.828000", "171716.828000", "171716.828000", "171721.828000", "171721.828000", "171721.828000", "171721.828000", "171726.828000", "171726.828000", "171726.828000", "171731.828000", "171731.828000", "171731.828000", "171731.828000", "171736.828000", "171736.828000", "171736.828000", "171736.828000", "171741.828000", "171741.828000", "171741.828000", "171741.828000", "171746.828000", "171746.828000", "171746.828000", "171746.828000", "171751.828000", "171751.828000", "171751.828000", "171751.828000", "171756.828000", "171756.828000", "171756.828000", "171756.828000", "171801.828000", "171801.828000", "171801.828000", "171801.828000", "171806.828000", "171806.828000", "171806.828000", "171806.828000", "171806.828000", "171811.828000", "171811.828000", "171811.828000", "171816.828000", "171816.828000", "171816.828000", "171816.828000", "171821.828000", "171821.828000", "171821.828000", "171821.828000", "171826.828000", "171826.828000", "171826.828000", "171826.828000", "171831.828000", "171831.828000", "171831.828000", "171831.828000", "171836.828000", "171836.828000", "171836.828000", "171836.828000", "171841.828000", "171841.828000", "171841.828000", "171841.828000", "171846.828000", "171846.828000", "171846.828000", "171846.828000", "171851.828000", "171851.828000", "171851.828000", "171851.828000", "171856.828000", "171856.828000", "171856.828000", "171856.828000", "171901.828000", "171901.828000", "171901.843000", "171906.828000", "171906.828000", "171906.828000", "171906.843000", "171911.828000", "171911.828000", "171911.828000", "171911.843000", "171916.828000", "171916.828000", "171916.828000", "171916.828000", "171921.828000", "171921.828000", "171921.843000", "171921.843000", "171926.828000", "171926.828000", "171926.828000", "171926.843000", "171931.828000", "171931.828000", "171931.828000", "171931.828000", "171936.828000", "171936.828000", "171936.828000", "171941.828000", "171941.828000", "171941.828000", "171941.843000", "171946.828000", "171946.828000", "171946.843000", "171946.843000", "171951.828000", "171951.828000", "171951.828000", "171956.828000", "171956.828000", "171956.828000", "171956.828000", "171956.828000", "172001.828000", "172001.828000", "172001.828000", "172001.828000", "172006.828000", "172006.828000", "172006.828000", "172006.828000", "172011.828000", "172011.828000", "172011.828000", "172011.843000", "172016.828000", "172016.828000", "172016.828000", "172016.843000", "172021.828000", "172021.828000", "172021.828000", "172021.843000", "172026.828000", "172026.828000", "172026.843000", "172026.843000", "172031.828000", "172031.828000", "172031.828000", "172031.843000", "172036.828000", "172036.828000", "172036.828000", "172036.828000", "172036.828000", "172041.828000", "172041.828000", "172041.828000", "172041.828000", "172046.828000", "172046.828000", "172046.828000", "172046.843000", "172051.828000", "172051.828000", "172051.828000", "172051.843000", "172056.828000", "172056.828000", "172056.828000", "172056.828000", "172101.828000", "172101.828000", "172101.828000", "172101.828000", "172101.828000", "172106.828000", "172106.828000", "172106.828000", "172106.828000", "172111.828000", "172111.828000", "172111.843000", "172111.843000", "172116.828000", "172116.828000", "172116.828000", "172116.828000", "172121.828000", "172121.828000", "172121.828000", "172121.828000", "172126.828000", "172126.828000", "172126.828000", "172126.828000", "172131.828000", "172131.828000", "172131.828000", "172131.828000", "172136.828000", "172136.828000", "172136.828000", "172136.843000", "172141.828000", "172141.828000", "172141.828000", "172141.828000", "172146.828000", "172146.828000", "172146.828000", "172151.828000", "172151.828000", "172151.828000", "172151.843000", "172156.828000", "172156.828000", "172156.828000", "172156.828000", "172201.828000", "172201.828000", "172201.828000", "172201.828000", "172206.828000", "172206.828000", "172206.828000", "172206.828000", "172206.828000", "172211.828000", "172211.828000", "172211.828000", "172216.828000", "172216.828000", "172216.828000", "172216.843000", "172221.828000", "172221.828000", "172221.828000", "172221.828000", "172226.828000", "172226.828000", "172226.828000", "172226.828000", "172231.828000", "172231.828000", "172231.828000", "172236.828000", "172236.828000", "172236.828000", "172236.843000", "172241.828000", "172241.828000", "172241.828000", "172246.828000", "172246.828000", "172246.828000", "172246.828000", "172251.828000", "172251.828000", "172251.828000", "172251.843000", "172256.828000", "172256.828000", "172256.828000", "172256.843000", "172301.828000", "172301.828000", "172301.828000", "172301.843000", "172306.828000", "172306.828000", "172306.828000", "172306.828000", "172311.828000", "172311.828000", "172311.828000", "172316.828000", "172316.828000", "172316.828000", "172316.828000", "172321.828000", "172321.828000", "172321.828000", "172321.828000", "172326.828000", "172326.828000", "172326.828000", "172326.843000", "172331.828000", "172331.828000", "172331.828000", "172331.828000", "172336.828000", "172336.828000", "172336.828000", "172336.828000", "172341.828000", "172341.828000", "172341.828000", "172346.828000", "172346.828000", "172346.828000", "172346.828000", "172351.828000", "172351.828000", "172351.828000", "172351.828000", "172356.828000", "172356.828000", "172356.843000", "172356.843000", "172401.828000", "172401.828000", "172401.828000", "172401.828000", "172406.828000", "172406.843000", "172406.843000", "172406.843000", "172411.828000", "172411.828000", "172411.828000", "172411.828000", "172416.828000", "172416.828000", "172416.828000", "172421.828000", "172421.828000", "172421.828000", "172421.828000", "172426.828000", "172426.828000", "172426.828000", "172426.828000", "172431.828000", "172431.828000", "172431.828000", "172431.828000", "172436.828000", "172436.828000", "172436.828000", "172436.828000", "172441.828000", "172441.828000", "172441.828000", "172441.828000", "172446.828000", "172446.828000", "172446.828000", "172446.843000", "172451.828000", "172451.828000", "172451.828000", "172451.828000", "172456.828000", "172456.828000", "172456.828000", "172456.828000", "172501.828000", "172501.828000", "172501.828000", "172501.828000", "172506.828000", "172506.828000", "172506.828000", "172506.828000", "172511.828000", "172511.828000", "172511.828000", "172511.828000", "172516.828000", "172516.828000", "172516.828000", "172516.828000", "172521.828000", "172521.828000", "172521.828000", "172521.843000", "172526.828000", "172526.828000", "172526.828000", "172526.828000", "172531.828000", "172531.828000", "172531.828000", "172531.828000", "172536.828000", "172536.828000", "172536.828000", "172536.828000", "172541.828000", "172541.828000", "172541.828000", "172541.828000", "172546.828000", "172546.828000", "172546.828000", "172551.828000", "172551.828000", "172551.828000", "172551.828000", "172551.828000", "172556.828000", "172556.828000", "172556.828000", "172601.828000", "172601.828000", "172601.828000", "172601.843000", "172606.828000", "172606.828000", "172606.828000", "172606.843000", "172611.828000", "172611.828000", "172611.828000", "172611.843000", "172616.828000", "172616.828000", "172616.828000", "172616.843000", "172621.828000", "172621.828000", "172621.843000", "172621.843000", "172626.828000", "172626.843000", "172626.843000", "172626.843000", "172631.828000", "172631.828000", "172631.828000", "172631.843000", "172636.828000", "172636.828000", "172636.828000", "172636.843000", "172641.828000", "172641.828000", "172641.828000", "172641.843000", "172646.828000", "172646.828000", "172646.843000", "172646.843000", "172651.828000", "172651.828000", "172651.828000", "172651.828000", "172651.828000", "172656.828000", "172656.828000", "172656.828000", "172656.828000", "172701.828000", "172701.828000", "172701.828000", "172701.828000", "172706.828000", "172706.828000", "172706.828000", "172706.843000", "172711.828000", "172711.828000", "172711.828000", "172711.828000", "172716.828000", "172716.828000", "172716.828000", "172716.843000", "172721.828000", "172721.828000", "172721.828000", "172721.843000", "172726.828000", "172726.828000", "172726.828000", "172726.828000", "172726.828000", "172728.656000", "172728.656000"], "InstanceNumber": [1, 2, 3, 4, 5, 6, 7, 8, 9, 10, 11, 12, 13, 14, 15, 16, 17, 18, 19, 20, 21, 22, 23, 24, 25, 26, 27, 28, 29, 30, 31, 32, 33, 34, 35, 36, 37, 38, 39, 40, 41, 42, 43, 44, 45, 46, 47, 48, 49, 50, 51, 52, 53, 54, 55, 56, 57, 58, 59, 60, 61, 62, 63, 64, 65, 66, 67, 68, 69, 70, 71, 72, 73, 74, 75, 76, 77, 78, 79, 80, 81, 82, 83, 84, 85, 86, 87, 88, 89, 90, 91, 92, 93, 94, 95, 96, 97, 98, 99, 100, 101, 102, 103, 104, 105, 106, 107, 108, 109, 110, 111, 112, 113, 114, 115, 116, 117, 118, 119, 120, 121, 122, 123, 124, 125, 126, 127, 128, 129, 130, 131, 132, 133, 134, 135, 136, 137, 138, 139, 140, 141, 142, 143, 144, 145, 146, 147, 148, 149, 150, 151, 152, 153, 154, 155, 156, 157, 158, 159, 160, 161, 162, 163, 164, 165, 166, 167, 168, 169, 170, 171, 172, 173, 174, 175, 176, 177, 178, 179, 180, 181, 182, 183, 184, 185, 186, 187, 188, 189, 190, 191, 192, 193, 194, 195, 196, 197, 198, 199, 200, 201, 202, 203, 204, 205, 206, 207, 208, 209, 210, 211, 212, 213, 214, 215, 216, 217, 218, 219, 220, 221, 222, 223, 224, 225, 226, 227, 228, 229, 230, 231, 232, 233, 234, 235, 236, 237, 238, 239, 240, 241, 242, 243, 244, 245, 246, 247, 248, 249, 250, 251, 252, 253, 254, 255, 256, 257, 258, 259, 260, 261, 262, 263, 264, 265, 266, 267, 268, 269, 270, 271, 272, 273, 274, 275, 276, 277, 278, 279, 280, 281, 282, 283, 284, 285, 286, 287, 288, 289, 290, 291, 292, 293, 294, 295, 296, 297, 298, 299, 300, 301, 302, 303, 304, 305, 306, 307, 308, 309, 310, 311, 312, 313, 314, 315, 316, 317, 318, 319, 320, 321, 322, 323, 324, 325, 326, 327, 328, 329, 330, 331, 332, 333, 334, 335, 336, 337, 338, 339, 340, 341, 342, 343, 344, 345, 346, 347, 348, 349, 350, 351, 352, 353, 354, 355, 356, 357, 358, 359, 360, 361, 362, 363, 364, 365, 366, 367, 368, 369, 370, 371, 372, 373, 374, 375, 376, 377, 378, 379, 380, 381, 382, 383, 384, 385, 386, 387, 388, 389, 390, 391, 392, 393, 394, 395, 396, 397, 398, 399, 400, 401, 402, 403, 404, 405, 406, 407, 408, 409, 410, 411, 412, 413, 414, 415, 416, 417, 418, 419, 420, 421, 422, 423, 424, 425, 426, 427, 428, 429, 430, 431, 432, 433, 434, 435, 436, 437, 438, 439, 440, 441, 442, 443, 444, 445, 446, 447, 448, 449, 450, 451, 452, 453, 454, 455, 456, 457, 458, 459, 460, 461, 462, 463, 464, 465, 466, 467, 468, 469, 470, 471, 472, 473, 474, 475, 476, 477, 478, 479, 480, 481, 482, 483, 484, 485, 486, 487, 488, 489, 490, 491, 492, 493, 494, 495, 496, 497, 498, 499, 500, 501, 502, 503, 504, 505, 506, 507, 508, 509, 510, 511, 512, 513, 514, 515, 516, 517, 518], "LargestImagePixelValue": [21706, 21227, 21290, 23653, 24943, 22669, 23493, 21147, 23052, 21053, 22513, 20851, 22526, 21034, 21385, 25988, 21116, 24580, 22020, 21520, 25618, 22062, 24506, 21758, 21992, 22675, 21300, 24825, 23219, 21442, 25571, 26768, 26665, 26903, 28153, 20434, 21778, 26065, 26442, 21137, 26621, 20733, 21797, 24929, 22754, 21043, 24602, 20616, 20850, 22152, 25605, 24972, 20890, 23066, 20849, 22289, 24206, 23895, 21055, 21078, 20484, 20943, 21467, 25413, 23681, 20769, 22951, 22941, 20775, 22144, 26012, 23928, 20955, 22993, 25784, 26171, 20750, 22338, 21159, 20988, 20808, 24336, 21034, 21213, 20765, 23922, 21930, 20689, 22162, 26033, 22651, 21677, 21919, 21847, 24348, 21369, 22442, 22267, 20591, 20695, 22245, 20952, 21249, 26176, 20747, 20750, 23130, 23635, 25042, 20935, 23138, 23196, 21792, 22390, 21004, 20738, 23771, 25393, 24059, 21195, 21712, 20813, 23746, 21021, 20942, 26176, 20771, 20901, 22837, 23868, 20638, 23287, 20623, 20835, 24447, 20668, 21109, 24388, 23878, 20819, 24331, 22506, 22692, 25763, 21811, 20771, 22672, 20689, 20855, 22380, 23151, 20772, 21406, 22418, 22536, 23543, 22884, 20510, 22248, 22369, 23679, 24559, 20580, 20769, 23811, 24194, 22690, 20996, 20713, 22666, 20952, 21041, 20493, 22619, 21477, 22353, 20476, 20679, 22278, 26163, 21238, 21168, 23093, 22117, 20670, 23577, 24701, 20604, 23763, 23016, 20969, 21813, 24320, 21090, 20893, 20830, 25549, 22414, 21117, 21445, 22715, 21694, 20772, 20934, 21628, 20682, 24032, 26458, 23239, 21493, 20766, 23354, 20889, 22329, 27423, 24835, 20903, 22981, 21431, 20818, 21893, 20836, 20914, 20795, 20753, 23247, 23453, 23312, 22111, 21510, 24136, 22208, 26316, 22068, 24158, 21190, 25483, 24659, 22468, 24074, 21638, 21062, 21823, 25150, 20555, 20616, 21763, 22903, 21467, 20632, 21543, 20773, 20870, 22404, 24091, 22726, 21597, 20896, 22059, 21613, 20875, 22866, 22169, 21435, 20511, 21553, 21323, 20776, 21300, 23771, 20446, 21233, 21668, 20706, 21946, 25009, 22114, 20800, 23248, 22377, 21608, 22237, 22528, 21952, 21550, 24891, 22640, 20655, 22599, 22134, 20718, 21938, 20597, 21002, 23033, 20852, 21423, 20659, 21119, 24466, 20941, 20896, 22147, 20411, 21630, 24524, 20826, 20774, 20626, 20621, 24725, 20715, 20861, 24284, 20636, 21182, 22135, 20889, 22677, 20510, 21846, 24356, 20947, 20597, 21582, 20441, 21916, 21377, 22701, 22608, 20624, 20725, 25663, 21409, 20579, 21548, 20801, 21330, 20594, 22579, 23534, 21059, 20605, 20713, 21944, 20609, 20698, 21389, 20730, 21481, 26000, 20767, 21980, 21230, 20993, 20858, 21921, 22898, 21314, 20720, 22239, 24351, 20870, 21017, 21927, 22818, 23591, 22536, 20705, 20689, 20976, 22811, 21340, 21980, 20973, 21022, 20617, 22868, 24441, 21035, 22452, 21835, 25585, 22285, 20749, 20759, 22143, 23635, 20545, 20985, 24299, 21361, 20953, 21547, 21949, 21700, 20920, 21620, 23088, 20685, 21464, 22480, 22168, 20551, 21001, 23026, 22755, 21316, 22084, 25915, 20951, 20766, 22223, 21204, 21650, 21894, 21595, 21908, 21663, 21082, 20852, 21497, 21229, 21876, 21285, 25258, 24418, 22164, 22161, 25938, 22426, 20805, 21507, 23453, 22857, 20841, 21102, 20669, 21750, 21177, 20741, 21750, 21485, 21322, 21046, 20814, 21994, 21280, 21549, 22690, 21116, 20924, 21200, 23704, 21089, 21815, 25010, 22951, 21078, 23345, 20972, 20637, 24152, 20936, 21051, 20856, 23676, 20925, 20967, 22517, 20901, 21220, 22072, 20884, 20933, 21016, 24041, 21497, 20859, 20885, 21641, 20996, 21948, 21407, 21945, 21321, 21895, 20753, 21888, 21521, 21533, 20845, 22992, 26792, 22541, 23571, 21937, 21662, 23812, 22031, 21161, 21584, 22152, 22617, 21229, 21001, 23088, 22375, 21948, 21285, 21046, 21244, 22580, 21165, 20768, 22006, 21311, 24306], "WindowCenter": [9470.0, 9469.0, 9470.0, 9481.0, 9477.0, 9456.0, 9453.0, 9455.0, 9455.0, 9428.0, 9435.0, 9438.0, 9427.0, 9441.0, 9415.0, 9446.0, 9425.0, 9440.0, 9415.0, 9422.0, 9451.0, 9428.0, 9438.0, 9455.0, 9496.0, 9480.0, 9493.0, 9493.0, 9525.0, 9501.0, 9493.0, 9486.0, 9464.0, 9471.0, 9483.0, 9441.0, 9461.0, 9462.0, 9464.0, 9445.0, 9464.0, 9426.0, 9432.0, 9441.0, 9446.0, 9434.0, 9453.0, 9421.0, 9441.0, 9438.0, 9451.0, 9432.0, 9421.0, 9435.0, 9443.0, 9438.0, 9447.0, 9434.0, 9446.0, 9431.0, 9431.0, 9445.0, 9442.0, 9445.0, 9445.0, 9416.0, 9440.0, 9436.0, 9427.0, 9441.0, 9458.0, 9448.0, 9426.0, 9454.0, 9462.0, 9451.0, 9419.0, 9452.0, 9442.0, 9432.0, 9427.0, 9442.0, 9426.0, 9434.0, 9423.0, 9446.0, 9427.0, 9430.0, 9454.0, 9475.0, 9437.0, 9430.0, 9426.0, 9435.0, 9442.0, 9411.0, 9431.0, 9424.0, 9426.0, 9427.0, 9443.0, 9439.0, 9438.0, 9459.0, 9422.0, 9416.0, 9434.0, 9430.0, 9447.0, 9429.0, 9448.0, 9436.0, 9433.0, 9421.0, 9414.0, 9416.0, 9426.0, 9432.0, 9429.0, 9410.0, 9422.0, 9431.0, 9455.0, 9437.0, 9420.0, 9460.0, 9426.0, 9429.0, 9431.0, 9415.0, 9402.0, 9428.0, 9422.0, 9421.0, 9438.0, 9416.0, 9435.0, 9459.0, 9438.0, 9422.0, 9440.0, 9432.0, 9435.0, 9443.0, 9439.0, 9415.0, 9427.0, 9448.0, 9442.0, 9438.0, 9437.0, 9446.0, 9445.0, 9433.0, 9425.0, 9421.0, 9414.0, 9406.0, 9417.0, 9410.0, 9428.0, 9419.0, 9420.0, 9425.0, 9430.0, 9436.0, 9416.0, 9433.0, 9420.0, 9415.0, 9427.0, 9439.0, 9444.0, 9468.0, 9444.0, 9452.0, 9424.0, 9427.0, 9435.0, 9435.0, 9428.0, 9424.0, 9449.0, 9445.0, 9427.0, 9459.0, 9465.0, 9439.0, 9451.0, 9439.0, 9433.0, 9441.0, 9446.0, 9427.0, 9401.0, 9399.0, 9425.0, 9415.0, 9404.0, 9404.0, 9393.0, 9391.0, 9410.0, 9420.0, 9435.0, 9430.0, 9436.0, 9427.0, 9416.0, 9401.0, 9360.0, 9396.0, 9394.0, 9394.0, 9405.0, 9393.0, 9380.0, 9397.0, 9396.0, 9404.0, 9415.0, 9402.0, 9416.0, 9430.0, 9443.0, 9450.0, 9487.0, 9517.0, 9525.0, 9475.0, 9516.0, 9450.0, 9461.0, 9426.0, 9420.0, 9406.0, 9410.0, 9398.0, 9407.0, 9422.0, 9413.0, 9404.0, 9398.0, 9412.0, 9397.0, 9398.0, 9411.0, 9405.0, 9391.0, 9383.0, 9392.0, 9398.0, 9397.0, 9412.0, 9411.0, 9393.0, 9401.0, 9404.0, 9404.0, 9393.0, 9394.0, 9393.0, 9400.0, 9399.0, 9397.0, 9394.0, 9393.0, 9389.0, 9418.0, 9439.0, 9412.0, 9433.0, 9422.0, 9423.0, 9432.0, 9430.0, 9404.0, 9397.0, 9486.0, 9466.0, 9443.0, 9419.0, 9405.0, 9396.0, 9386.0, 9390.0, 9383.0, 9384.0, 9394.0, 9405.0, 9414.0, 9424.0, 9420.0, 9418.0, 9406.0, 9421.0, 9414.0, 9425.0, 9418.0, 9430.0, 9401.0, 9392.0, 9392.0, 9407.0, 9410.0, 9412.0, 9395.0, 9390.0, 9399.0, 9420.0, 9422.0, 9394.0, 9388.0, 9407.0, 9394.0, 9399.0, 9396.0, 9397.0, 9406.0, 9403.0, 9414.0, 9423.0, 9394.0, 9398.0, 9391.0, 9416.0, 9423.0, 9411.0, 9417.0, 9417.0, 9413.0, 9410.0, 9432.0, 9402.0, 9405.0, 9405.0, 9397.0, 9404.0, 9391.0, 9398.0, 9388.0, 9389.0, 9394.0, 9390.0, 9384.0, 9393.0, 9384.0, 9392.0, 9402.0, 9402.0, 9423.0, 9379.0, 9388.0, 9390.0, 9382.0, 9394.0, 9391.0, 9396.0, 9399.0, 9416.0, 9426.0, 9430.0, 9403.0, 9393.0, 9399.0, 9413.0, 9417.0, 9403.0, 9386.0, 9399.0, 9412.0, 9428.0, 9426.0, 9419.0, 9419.0, 9436.0, 9422.0, 9422.0, 9433.0, 9404.0, 9418.0, 9405.0, 9424.0, 9398.0, 9387.0, 9394.0, 9409.0, 9426.0, 9408.0, 9400.0, 9416.0, 9376.0, 9370.0, 9397.0, 9398.0, 9398.0, 9385.0, 9404.0, 9438.0, 9412.0, 9413.0, 9426.0, 9420.0, 9425.0, 9416.0, 9434.0, 9405.0, 9402.0, 9387.0, 9415.0, 9376.0, 9386.0, 9419.0, 9399.0, 9388.0, 9399.0, 9392.0, 9403.0, 9412.0, 9407.0, 9394.0, 9415.0, 9422.0, 9414.0, 9406.0, 9389.0, 9384.0, 9374.0, 9385.0, 9390.0, 9367.0, 9356.0, 9370.0, 9370.0, 9375.0, 9387.0, 9378.0, 9382.0, 9404.0, 9409.0, 9410.0, 9409.0, 9398.0, 9397.0, 9414.0, 9390.0, 9431.0, 9435.0, 9419.0, 9427.0, 9432.0, 9421.0, 9419.0, 9411.0, 9388.0, 9407.0, 9419.0, 9388.0, 9379.0, 9390.0, 9373.0, 9370.0, 9386.0, 9349.0, 9352.0, 9355.0, 9358.0, 9352.0, 9388.0, 9387.0, 9382.0, 9371.0, 9370.0, 9370.0, 9379.0, 9386.0, 9376.0, 9373.0, 9373.0, 9390.0, 9408.0, 9400.0, 9409.0, 9407.0, 9404.0, 9405.0, 9415.0, 9385.0, 9421.0, 9405.0, 9416.0, 9415.0, 9417.0, 9426.0, 9376.0, 9382.0, 9357.0, 9381.0, 9394.0, 9363.0, 9381.0, 9377.0, 9396.0, 9406.0, 9395.0, 9380.0, 9397.0, 9406.0, 9402.0, 9414.0, 9400.0, 9420.0, 9440.0, 9436.0, 9428.0, 9417.0, 9400.0, 9397.0], "WindowWidth": [20000.0, 19999.0, 19998.0, 20014.0, 20002.0, 19961.0, 19954.0, 19958.0, 19956.0, 19907.0, 19916.0, 19923.0, 19903.0, 19928.0, 19878.0, 19931.0, 19893.0, 19918.0, 19875.0, 19886.0, 19939.0, 19901.0, 19915.0, 19962.0, 20052.0, 20012.0, 20049.0, 20045.0, 20115.0, 20053.0, 20029.0, 20009.0, 19964.0, 19976.0, 19997.0, 19924.0, 19962.0, 19960.0, 19965.0, 19935.0, 19961.0, 19894.0, 19907.0, 19921.0, 19930.0, 19914.0, 19946.0, 19889.0, 19923.0, 19917.0, 19935.0, 19903.0, 19890.0, 19912.0, 19930.0, 19918.0, 19931.0, 19905.0, 19934.0, 19910.0, 19909.0, 19935.0, 19925.0, 19928.0, 19930.0, 19875.0, 19921.0, 19915.0, 19901.0, 19928.0, 19959.0, 19941.0, 19899.0, 19949.0, 19958.0, 19941.0, 19882.0, 19942.0, 19927.0, 19913.0, 19904.0, 19927.0, 19900.0, 19915.0, 19895.0, 19935.0, 19898.0, 19907.0, 19952.0, 19989.0, 19918.0, 19906.0, 19894.0, 19909.0, 19923.0, 19867.0, 19907.0, 19890.0, 19897.0, 19900.0, 19928.0, 19926.0, 19926.0, 19954.0, 19889.0, 19879.0, 19908.0, 19900.0, 19931.0, 19902.0, 19934.0, 19911.0, 19906.0, 19881.0, 19869.0, 19873.0, 19890.0, 19900.0, 19898.0, 19862.0, 19884.0, 19907.0, 19949.0, 19921.0, 19889.0, 19956.0, 19899.0, 19901.0, 19903.0, 19871.0, 19846.0, 19897.0, 19891.0, 19887.0, 19917.0, 19875.0, 19912.0, 19957.0, 19919.0, 19891.0, 19916.0, 19903.0, 19910.0, 19921.0, 19923.0, 19875.0, 19900.0, 19947.0, 19936.0, 19928.0, 19917.0, 19936.0, 19936.0, 19910.0, 19896.0, 19880.0, 19862.0, 19852.0, 19871.0, 19861.0, 19893.0, 19878.0, 19885.0, 19894.0, 19900.0, 19908.0, 19873.0, 19910.0, 19889.0, 19872.0, 19897.0, 19924.0, 19937.0, 19983.0, 19938.0, 19947.0, 19894.0, 19896.0, 19912.0, 19907.0, 19897.0, 19893.0, 19942.0, 19939.0, 19902.0, 19962.0, 19972.0, 19923.0, 19946.0, 19926.0, 19914.0, 19928.0, 19936.0, 19896.0, 19846.0, 19840.0, 19880.0, 19866.0, 19843.0, 19844.0, 19819.0, 19818.0, 19863.0, 19889.0, 19916.0, 19905.0, 19910.0, 19887.0, 19863.0, 19837.0, 19761.0, 19822.0, 19823.0, 19821.0, 19834.0, 19816.0, 19798.0, 19825.0, 19829.0, 19844.0, 19869.0, 19843.0, 19875.0, 19905.0, 19928.0, 19945.0, 20034.0, 20103.0, 20111.0, 20001.0, 20087.0, 19945.0, 19953.0, 19884.0, 19870.0, 19844.0, 19844.0, 19825.0, 19845.0, 19878.0, 19863.0, 19843.0, 19835.0, 19854.0, 19829.0, 19833.0, 19858.0, 19846.0, 19818.0, 19804.0, 19825.0, 19838.0, 19833.0, 19858.0, 19856.0, 19824.0, 19839.0, 19846.0, 19843.0, 19821.0, 19827.0, 19822.0, 19834.0, 19832.0, 19830.0, 19824.0, 19825.0, 19818.0, 19876.0, 19913.0, 19867.0, 19907.0, 19884.0, 19887.0, 19905.0, 19897.0, 19851.0, 19837.0, 20040.0, 19993.0, 19923.0, 19872.0, 19842.0, 19827.0, 19805.0, 19806.0, 19796.0, 19801.0, 19821.0, 19851.0, 19864.0, 19884.0, 19881.0, 19875.0, 19852.0, 19883.0, 19867.0, 19893.0, 19876.0, 19894.0, 19842.0, 19822.0, 19820.0, 19852.0, 19854.0, 19856.0, 19829.0, 19818.0, 19841.0, 19879.0, 19878.0, 19827.0, 19817.0, 19847.0, 19827.0, 19838.0, 19830.0, 19833.0, 19849.0, 19846.0, 19865.0, 19878.0, 19828.0, 19834.0, 19820.0, 19872.0, 19885.0, 19862.0, 19874.0, 19872.0, 19868.0, 19862.0, 19898.0, 19845.0, 19846.0, 19848.0, 19830.0, 19843.0, 19818.0, 19829.0, 19810.0, 19813.0, 19826.0, 19818.0, 19805.0, 19826.0, 19806.0, 19822.0, 19843.0, 19842.0, 19875.0, 19796.0, 19809.0, 19811.0, 19797.0, 19820.0, 19814.0, 19827.0, 19840.0, 19870.0, 19892.0, 19894.0, 19843.0, 19824.0, 19832.0, 19856.0, 19865.0, 19845.0, 19814.0, 19836.0, 19864.0, 19893.0, 19893.0, 19884.0, 19878.0, 19913.0, 19890.0, 19885.0, 19906.0, 19849.0, 19869.0, 19846.0, 19877.0, 19824.0, 19812.0, 19824.0, 19854.0, 19888.0, 19856.0, 19841.0, 19866.0, 19785.0, 19772.0, 19826.0, 19828.0, 19837.0, 19808.0, 19847.0, 19914.0, 19866.0, 19873.0, 19886.0, 19879.0, 19894.0, 19877.0, 19909.0, 19847.0, 19839.0, 19809.0, 19860.0, 19791.0, 19805.0, 19870.0, 19838.0, 19812.0, 19831.0, 19819.0, 19843.0, 19860.0, 19855.0, 19829.0, 19868.0, 19884.0, 19866.0, 19848.0, 19806.0, 19793.0, 19778.0, 19800.0, 19807.0, 19763.0, 19743.0, 19771.0, 19769.0, 19784.0, 19810.0, 19790.0, 19797.0, 19849.0, 19861.0, 19858.0, 19860.0, 19836.0, 19834.0, 19868.0, 19820.0, 19896.0, 19911.0, 19881.0, 19895.0, 19908.0, 19887.0, 19881.0, 19857.0, 19812.0, 19848.0, 19867.0, 19809.0, 19794.0, 19807.0, 19778.0, 19775.0, 19801.0, 19731.0, 19735.0, 19743.0, 19743.0, 19734.0, 19807.0, 19807.0, 19797.0, 19780.0, 19773.0, 19771.0, 19790.0, 19806.0, 19779.0, 19779.0, 19783.0, 19818.0, 19854.0, 19840.0, 19853.0, 19855.0, 19844.0, 19846.0, 19864.0, 19809.0, 19880.0, 19853.0, 19871.0, 19869.0, 19871.0, 19877.0, 19782.0, 19795.0, 19747.0, 19793.0, 19815.0, 19756.0, 19799.0, 19787.0, 19828.0, 19847.0, 19828.0, 19798.0, 19827.0, 19840.0, 19836.0, 19866.0, 19841.0, 19884.0, 19926.0, 19918.0, 19900.0, 19875.0, 19839.0, 19828.0]}, "slices": {}}}