{"AcquisitionMatrixPE": 256, "AcquisitionNumber": 1, "AcquisitionTime": "17:27:21.782500", "BaseResolution": 256, "BodyPartExamined": "BRAIN", "ConsistencyInfo": "N4_VD11D_LATEST_20110129", "ConversionSoftware": "dcm2niix", "ConversionSoftwareVersion": "v1.0.20210317", "DeviceSerialNumber": "45239", "DwellTime": 3.4e-06, "EchoTime": 0.56, "EchoTrainLength": 292, "FlipAngle": 120, "ImageOrientationPatientDICOM": [-0.00224432, 0.986319, -0.164831, 0.0420224, -0.164593, -0.985466], "ImageType": ["ORIGINAL", "PRIMARY", "M", "ND", "NORM"], "ImagingFrequency": 123.194, "InPlanePhaseEncodingDirectionDICOM": "ROW", "InstitutionAddress": "E 24th St. 100,Austin,Southmiddle,US,78712", "InstitutionName": "Univ of Texas at Austin", "InstitutionalDepartmentName": "IRC", "MRAcquisitionType": "3D", "MagneticFieldStrength": 3, "Manufacturer": "Siemens", "ManufacturersModelName": "Skyra", "Modality": "MR", "ParallelReductionFactorInPlane": 2, "PartialFourier": 1, "PatientPosition": "HFS", "PercentPhaseFOV": 100, "PercentSampling": 100, "PhaseEncodingDirection": "i", "PhaseEncodingSteps": 260, "PhaseOversampling": 0.1, "PhaseResolution": 1, "PixelBandwidth": 575, "ProcedureStepDescription": "Poldrack2^self-scanning", "ProtocolName": "T2w_SPC1_PMC", "PulseSequenceDetails": "%SiemensSeq%\\tse_vfl", "ReceiveCoilActiveElements": "HEA;HEP;SP1", "ReceiveCoilName": "Head_32", "ReconMatrixPE": 256, "RefLinesPE": 32, "RepetitionTime": 3.2, "SAR": 0.166501, "ScanOptions": "PFP", "ScanningSequence": "SE", "SequenceName": "*spc3d1_314ns", "SequenceVariant": "SK\\SP\\OSP", "SeriesDescription": "T2w_SPC1_PMC", "SeriesNumber": 13, "ShimSetting": [-2798, 8096, -15565, 96, -263, -33, -3, -48], "SliceThickness": 0.8, "SoftwareVersions": "syngo MR D11", "StationName": "AWP45239", "TxRefAmp": 341.985, "dcmmeta_affine": [[0.7992913126945496, -0.0017972063506022096, 0.03365076333284378, -100.6157455444336], [0.007310636341571808, 0.789825975894928, -0.13180284202098846, -95.6513442993164], [-0.032862499356269836, 0.1319935917854309, 0.7891427278518677, -108.91850280761719], [0.0, 0.0, 0.0, 1.0]], "dcmmeta_reorient_transform": [[0.0, 0.0, -1.0, 255.0], [0.0, -1.0, 0.0, 255.0], [-1.0, 0.0, 0.0, 255.0], [0.0, 0.0, 0.0, 1.0]], "dcmmeta_shape": [256, 256, 256], "dcmmeta_slice_dim": 0, "dcmmeta_version": 0.6, "global": {"const": {"AcquisitionMatrix": [0, 256, 256, 0], "AcquisitionNumber": 1, "AcquisitionTime": "172721.782500", "AngioFlag": "N", "BitsAllocated": 16, "BitsStored": 12, "BodyPartExamined": "BRAIN", "Columns": 256, "EchoNumbers": 1, "EchoTime": 560.0, "EchoTrainLength": 292, "FlipAngle": 120.0, "HighBit": 11, "ImageOrientationPatient": [-0.0022443161887, 0.98631926827806, -0.1648310167059, 0.04202241841618, -0.1645928084139, -0.9854660439451], "ImageType": ["ORIGINAL", "PRIMARY", "M", "ND", "NORM"], "ImagedNucleus": "1H", "ImagingFrequency": 123.193537, "InPlanePhaseEncodingDirection": "ROW", "MRAcquisitionType": "3D", "MagneticFieldStrength": 3.0, "Manufacturer": "SIEMENS", "ManufacturerModelName": "Skyra", "Modality": "MR", "NumberOfAverages": 1.0, "NumberOfPhaseEncodingSteps": 260, "PercentPhaseFieldOfView": 100.0, "PercentSampling": 100.0, "PerformedProcedureStepStartTime": "165419.828000", "PhotometricInterpretation": "MONOCHROME2", "PixelBandwidth": 575.0, "PixelRepresentation": 0, "PixelSpacing": [0.80078125, 0.80078125], "ProtocolName": "T2w_SPC1_PMC", "RepetitionTime": 3200.0, "Rows": 256, "SAR": 0.1665012172488, "SamplesPerPixel": 1, "ScanOptions": "PFP", "ScanningSequence": "SE", "SequenceName": "*spc3d1_314ns", "SequenceVariant": ["SK", "SP", "OSP"], "SeriesDescription": "T2w_SPC1_PMC", "SeriesNumber": 13, "SeriesTime": "173422.671000", "SliceThickness": 0.80000001192093, "SmallestImagePixelValue": 0, "SoftwareVersions": "syngo MR D11", "SpecificCharacterSet": "ISO_IR 100", "StudyID": "1", "StudyTime": "165419.796000", "TransmitCoilName": "Body", "VariableFlipAngleFlag": "Y", "WindowCenterWidthExplanation": "Algo1", "dBdt": 0.0}, "slices": {"ContentTime": ["173427.921000", "173427.921000", "173427.906000", "173427.906000", "173427.906000", "173427.906000", "173427.906000", "173427.906000", "173427.890000", "173427.890000", "173427.890000", "173427.890000", "173427.890000", "173427.890000", "173427.890000", "173427.875000", "173427.875000", "173427.875000", "173427.875000", "173427.859000", "173427.859000", "173427.859000", "173427.859000", "173427.859000", "173427.859000", "173427.859000", "173427.859000", "173427.859000", "173427.843000", "173427.843000", "173427.843000", "173427.843000", "173427.843000", "173427.843000", "173427.843000", "173427.843000", "173427.828000", "173427.828000", "173427.828000", "173427.828000", "173427.828000", "173427.828000", "173427.828000", "173427.828000", "173427.812000", "173427.812000", "173427.812000", "173427.812000", "173427.812000", "173427.812000", "173427.812000", "173427.812000", "173427.812000", "173427.796000", "173427.796000", "173427.796000", "173427.796000", "173427.796000", "173427.796000", "173427.796000", "173427.796000", "173427.781000", "173427.781000", "173427.781000", "173427.781000", "173427.781000", "173427.781000", "173427.765000", "173427.765000", "173427.765000", "173427.765000", "173427.765000", "173427.765000", "173427.765000", "173427.750000", "173427.750000", "173427.750000", "173427.750000", "173427.750000", "173427.750000", "173427.750000", "173427.750000", "173427.750000", "173427.734000", "173427.734000", "173427.734000", "173427.734000", "173427.734000", "173427.734000", "173427.734000", "173427.734000", "173427.718000", "173427.718000", "173427.718000", "173427.718000", "173427.718000", "173427.718000", "173427.703000", "173427.703000", "173427.703000", "173427.703000", "173427.703000", "173427.703000", "173427.703000", "173427.703000", "173427.687000", "173427.687000", "173423.015000", "173423.015000", "173423.015000", "173423.015000", "173423.000000", "173423.000000", "173423.000000", "173423.000000", "173423.000000", "173423.000000", "173423.000000", "173423.000000", "173422.984000", "173422.984000", "173422.984000", "173422.984000", "173422.984000", "173422.984000", "173422.984000", "173422.968000", "173422.968000", "173422.968000", "173422.968000", "173422.968000", "173422.968000", "173422.968000", "173422.953000", "173422.953000", "173422.953000", "173422.953000", "173422.953000", "173422.953000", "173422.953000", "173422.953000", "173422.937000", "173422.937000", "173422.937000", "173422.937000", "173422.937000", "173422.937000", "173422.937000", "173422.937000", "173422.921000", "173422.921000", "173422.921000", "173422.921000", "173422.921000", "173422.921000", "173422.906000", "173422.906000", "173422.906000", "173422.906000", "173422.906000", "173422.906000", "173422.906000", "173422.906000", "173422.890000", "173422.890000", "173422.890000", "173422.890000", "173422.890000", "173422.890000", "173422.875000", "173422.875000", "173422.875000", "173422.875000", "173422.875000", "173422.875000", "173422.859000", "173422.859000", "173422.859000", "173422.859000", "173422.843000", "173422.843000", "173422.843000", "173422.843000", "173422.843000", "173422.843000", "173422.828000", "173422.828000", "173422.828000", "173422.828000", "173422.828000", "173422.828000", "173422.812000", "173422.812000", "173422.812000", "173422.812000", "173422.812000", "173422.812000", "173422.812000", "173422.812000", "173422.796000", "173422.796000", "173422.796000", "173422.796000", "173422.796000", "173422.796000", "173422.796000", "173422.796000", "173422.781000", "173422.781000", "173422.781000", "173422.781000", "173422.781000", "173422.781000", "173422.781000", "173422.781000", "173422.765000", "173422.765000", "173422.765000", "173422.765000", "173422.765000", "173422.765000", "173422.765000", "173422.750000", "173422.750000", "173422.750000", "173422.750000", "173422.750000", "173422.750000", "173422.734000", "173422.734000", "173422.734000", "173422.734000", "173422.734000", "173422.734000", "173422.734000", "173422.734000", "173422.718000", "173422.718000", "173422.718000", "173422.718000", "173422.718000", "173422.703000", "173422.703000", "173422.703000", "173422.703000", "173422.703000", "173422.703000", "173422.703000", "173422.703000", "173422.687000", "173422.687000", "173422.687000", "173422.687000", "173422.687000", "173422.687000", "173422.687000"], "CsaImage.Actual3DImaPartNumber": [255, 254, 253, 252, 251, 250, 249, 248, 247, 246, 245, 244, 243, 242, 241, 240, 239, 238, 237, 236, 235, 234, 233, 232, 231, 230, 229, 228, 227, 226, 225, 224, 223, 222, 221, 220, 219, 218, 217, 216, 215, 214, 213, 212, 211, 210, 209, 208, 207, 206, 205, 204, 203, 202, 201, 200, 199, 198, 197, 196, 195, 194, 193, 192, 191, 190, 189, 188, 187, 186, 185, 184, 183, 182, 181, 180, 179, 178, 177, 176, 175, 174, 173, 172, 171, 170, 169, 168, 167, 166, 165, 164, 163, 162, 161, 160, 159, 158, 157, 156, 155, 154, 153, 152, 151, 150, 149, 148, 147, 146, 145, 144, 143, 142, 141, 140, 139, 138, 137, 136, 135, 134, 133, 132, 131, 130, 129, 128, 127, 126, 125, 124, 123, 122, 121, 120, 119, 118, 117, 116, 115, 114, 113, 112, 111, 110, 109, 108, 107, 106, 105, 104, 103, 102, 101, 100, 99, 98, 97, 96, 95, 94, 93, 92, 91, 90, 89, 88, 87, 86, 85, 84, 83, 82, 81, 80, 79, 78, 77, 76, 75, 74, 73, 72, 71, 70, 69, 68, 67, 66, 65, 64, 63, 62, 61, 60, 59, 58, 57, 56, 55, 54, 53, 52, 51, 50, 49, 48, 47, 46, 45, 44, 43, 42, 41, 40, 39, 38, 37, 36, 35, 34, 33, 32, 31, 30, 29, 28, 27, 26, 25, 24, 23, 22, 21, 20, 19, 18, 17, 16, 15, 14, 13, 12, 11, 10, 9, 8, 7, 6, 5, 4, 3, 2, 1, 0], "CsaImage.ICE_Dims": ["X_1_1_1_1_1_256_1_1_1_1_1_507", "X_1_1_1_1_1_255_1_1_1_1_1_507", "X_1_1_1_1_1_254_1_1_1_1_1_507", "X_1_1_1_1_1_253_1_1_1_1_1_507", "X_1_1_1_1_1_252_1_1_1_1_1_507", "X_1_1_1_1_1_251_1_1_1_1_1_507", "X_1_1_1_1_1_250_1_1_1_1_1_507", "X_1_1_1_1_1_249_1_1_1_1_1_507", "X_1_1_1_1_1_248_1_1_1_1_1_507", "X_1_1_1_1_1_247_1_1_1_1_1_507", "X_1_1_1_1_1_246_1_1_1_1_1_507", "X_1_1_1_1_1_245_1_1_1_1_1_507", "X_1_1_1_1_1_244_1_1_1_1_1_507", "X_1_1_1_1_1_243_1_1_1_1_1_507", "X_1_1_1_1_1_242_1_1_1_1_1_507", "X_1_1_1_1_1_241_1_1_1_1_1_507", "X_1_1_1_1_1_240_1_1_1_1_1_507", "X_1_1_1_1_1_239_1_1_1_1_1_507", "X_1_1_1_1_1_238_1_1_1_1_1_507", "X_1_1_1_1_1_237_1_1_1_1_1_507", "X_1_1_1_1_1_236_1_1_1_1_1_507", "X_1_1_1_1_1_235_1_1_1_1_1_507", "X_1_1_1_1_1_234_1_1_1_1_1_507", "X_1_1_1_1_1_233_1_1_1_1_1_507", "X_1_1_1_1_1_232_1_1_1_1_1_507", "X_1_1_1_1_1_231_1_1_1_1_1_507", "X_1_1_1_1_1_230_1_1_1_1_1_507", "X_1_1_1_1_1_229_1_1_1_1_1_507", "X_1_1_1_1_1_228_1_1_1_1_1_507", "X_1_1_1_1_1_227_1_1_1_1_1_507", "X_1_1_1_1_1_226_1_1_1_1_1_507", "X_1_1_1_1_1_225_1_1_1_1_1_507", "X_1_1_1_1_1_224_1_1_1_1_1_507", "X_1_1_1_1_1_223_1_1_1_1_1_507", "X_1_1_1_1_1_222_1_1_1_1_1_507", "X_1_1_1_1_1_221_1_1_1_1_1_507", "X_1_1_1_1_1_220_1_1_1_1_1_507", "X_1_1_1_1_1_219_1_1_1_1_1_507", "X_1_1_1_1_1_218_1_1_1_1_1_507", "X_1_1_1_1_1_217_1_1_1_1_1_507", "X_1_1_1_1_1_216_1_1_1_1_1_507", "X_1_1_1_1_1_215_1_1_1_1_1_507", "X_1_1_1_1_1_214_1_1_1_1_1_507", "X_1_1_1_1_1_213_1_1_1_1_1_507", "X_1_1_1_1_1_212_1_1_1_1_1_507", "X_1_1_1_1_1_211_1_1_1_1_1_507", "X_1_1_1_1_1_210_1_1_1_1_1_507", "X_1_1_1_1_1_209_1_1_1_1_1_507", "X_1_1_1_1_1_208_1_1_1_1_1_507", "X_1_1_1_1_1_207_1_1_1_1_1_507", "X_1_1_1_1_1_206_1_1_1_1_1_507", "X_1_1_1_1_1_205_1_1_1_1_1_507", "X_1_1_1_1_1_204_1_1_1_1_1_507", "X_1_1_1_1_1_203_1_1_1_1_1_507", "X_1_1_1_1_1_202_1_1_1_1_1_507", "X_1_1_1_1_1_201_1_1_1_1_1_507", "X_1_1_1_1_1_200_1_1_1_1_1_507", "X_1_1_1_1_1_199_1_1_1_1_1_507", "X_1_1_1_1_1_198_1_1_1_1_1_507", "X_1_1_1_1_1_197_1_1_1_1_1_507", "X_1_1_1_1_1_196_1_1_1_1_1_507", "X_1_1_1_1_1_195_1_1_1_1_1_507", "X_1_1_1_1_1_194_1_1_1_1_1_507", "X_1_1_1_1_1_193_1_1_1_1_1_507", "X_1_1_1_1_1_192_1_1_1_1_1_507", "X_1_1_1_1_1_191_1_1_1_1_1_507", "X_1_1_1_1_1_190_1_1_1_1_1_507", "X_1_1_1_1_1_189_1_1_1_1_1_507", "X_1_1_1_1_1_188_1_1_1_1_1_507", "X_1_1_1_1_1_187_1_1_1_1_1_507", "X_1_1_1_1_1_186_1_1_1_1_1_507", "X_1_1_1_1_1_185_1_1_1_1_1_507", "X_1_1_1_1_1_184_1_1_1_1_1_507", "X_1_1_1_1_1_183_1_1_1_1_1_507", "X_1_1_1_1_1_182_1_1_1_1_1_507", "X_1_1_1_1_1_181_1_1_1_1_1_507", "X_1_1_1_1_1_180_1_1_1_1_1_507", "X_1_1_1_1_1_179_1_1_1_1_1_507", "X_1_1_1_1_1_178_1_1_1_1_1_507", "X_1_1_1_1_1_177_1_1_1_1_1_507", "X_1_1_1_1_1_176_1_1_1_1_1_507", "X_1_1_1_1_1_175_1_1_1_1_1_507", "X_1_1_1_1_1_174_1_1_1_1_1_507", "X_1_1_1_1_1_173_1_1_1_1_1_507", "X_1_1_1_1_1_172_1_1_1_1_1_507", "X_1_1_1_1_1_171_1_1_1_1_1_507", "X_1_1_1_1_1_170_1_1_1_1_1_507", "X_1_1_1_1_1_169_1_1_1_1_1_507", "X_1_1_1_1_1_168_1_1_1_1_1_507", "X_1_1_1_1_1_167_1_1_1_1_1_507", "X_1_1_1_1_1_166_1_1_1_1_1_507", "X_1_1_1_1_1_165_1_1_1_1_1_507", "X_1_1_1_1_1_164_1_1_1_1_1_507", "X_1_1_1_1_1_163_1_1_1_1_1_507", "X_1_1_1_1_1_162_1_1_1_1_1_507", "X_1_1_1_1_1_161_1_1_1_1_1_507", "X_1_1_1_1_1_160_1_1_1_1_1_507", "X_1_1_1_1_1_159_1_1_1_1_1_507", "X_1_1_1_1_1_158_1_1_1_1_1_507", "X_1_1_1_1_1_157_1_1_1_1_1_507", "X_1_1_1_1_1_156_1_1_1_1_1_507", "X_1_1_1_1_1_155_1_1_1_1_1_507", "X_1_1_1_1_1_154_1_1_1_1_1_507", "X_1_1_1_1_1_153_1_1_1_1_1_507", "X_1_1_1_1_1_152_1_1_1_1_1_507", "X_1_1_1_1_1_151_1_1_1_1_1_507", "X_1_1_1_1_1_150_1_1_1_1_1_507", "X_1_1_1_1_1_149_1_1_1_1_1_507", "X_1_1_1_1_1_148_1_1_1_1_1_507", "X_1_1_1_1_1_147_1_1_1_1_1_507", "X_1_1_1_1_1_146_1_1_1_1_1_507", "X_1_1_1_1_1_145_1_1_1_1_1_507", "X_1_1_1_1_1_144_1_1_1_1_1_507", "X_1_1_1_1_1_143_1_1_1_1_1_507", "X_1_1_1_1_1_142_1_1_1_1_1_507", "X_1_1_1_1_1_141_1_1_1_1_1_507", "X_1_1_1_1_1_140_1_1_1_1_1_507", "X_1_1_1_1_1_139_1_1_1_1_1_507", "X_1_1_1_1_1_138_1_1_1_1_1_507", "X_1_1_1_1_1_137_1_1_1_1_1_507", "X_1_1_1_1_1_136_1_1_1_1_1_507", "X_1_1_1_1_1_135_1_1_1_1_1_507", "X_1_1_1_1_1_134_1_1_1_1_1_507", "X_1_1_1_1_1_133_1_1_1_1_1_507", "X_1_1_1_1_1_132_1_1_1_1_1_507", "X_1_1_1_1_1_131_1_1_1_1_1_507", "X_1_1_1_1_1_130_1_1_1_1_1_507", "X_1_1_1_1_1_129_1_1_1_1_1_507", "X_1_1_1_1_1_128_1_1_1_1_1_507", "X_1_1_1_1_1_127_1_1_1_1_1_507", "X_1_1_1_1_1_126_1_1_1_1_1_507", "X_1_1_1_1_1_125_1_1_1_1_1_507", "X_1_1_1_1_1_124_1_1_1_1_1_507", "X_1_1_1_1_1_123_1_1_1_1_1_507", "X_1_1_1_1_1_122_1_1_1_1_1_507", "X_1_1_1_1_1_121_1_1_1_1_1_507", "X_1_1_1_1_1_120_1_1_1_1_1_507", "X_1_1_1_1_1_119_1_1_1_1_1_507", "X_1_1_1_1_1_118_1_1_1_1_1_507", "X_1_1_1_1_1_117_1_1_1_1_1_507", "X_1_1_1_1_1_116_1_1_1_1_1_507", "X_1_1_1_1_1_115_1_1_1_1_1_507", "X_1_1_1_1_1_114_1_1_1_1_1_507", "X_1_1_1_1_1_113_1_1_1_1_1_507", "X_1_1_1_1_1_112_1_1_1_1_1_507", "X_1_1_1_1_1_111_1_1_1_1_1_507", "X_1_1_1_1_1_110_1_1_1_1_1_507", "X_1_1_1_1_1_109_1_1_1_1_1_507", "X_1_1_1_1_1_108_1_1_1_1_1_507", "X_1_1_1_1_1_107_1_1_1_1_1_507", "X_1_1_1_1_1_106_1_1_1_1_1_507", "X_1_1_1_1_1_105_1_1_1_1_1_507", "X_1_1_1_1_1_104_1_1_1_1_1_507", "X_1_1_1_1_1_103_1_1_1_1_1_507", "X_1_1_1_1_1_102_1_1_1_1_1_507", "X_1_1_1_1_1_101_1_1_1_1_1_507", "X_1_1_1_1_1_100_1_1_1_1_1_507", "X_1_1_1_1_1_99_1_1_1_1_1_507", "X_1_1_1_1_1_98_1_1_1_1_1_507", "X_1_1_1_1_1_97_1_1_1_1_1_507", "X_1_1_1_1_1_96_1_1_1_1_1_507", "X_1_1_1_1_1_95_1_1_1_1_1_507", "X_1_1_1_1_1_94_1_1_1_1_1_507", "X_1_1_1_1_1_93_1_1_1_1_1_507", "X_1_1_1_1_1_92_1_1_1_1_1_507", "X_1_1_1_1_1_91_1_1_1_1_1_507", "X_1_1_1_1_1_90_1_1_1_1_1_507", "X_1_1_1_1_1_89_1_1_1_1_1_507", "X_1_1_1_1_1_88_1_1_1_1_1_507", "X_1_1_1_1_1_87_1_1_1_1_1_507", "X_1_1_1_1_1_86_1_1_1_1_1_507", "X_1_1_1_1_1_85_1_1_1_1_1_507", "X_1_1_1_1_1_84_1_1_1_1_1_507", "X_1_1_1_1_1_83_1_1_1_1_1_507", "X_1_1_1_1_1_82_1_1_1_1_1_507", "X_1_1_1_1_1_81_1_1_1_1_1_507", "X_1_1_1_1_1_80_1_1_1_1_1_507", "X_1_1_1_1_1_79_1_1_1_1_1_507", "X_1_1_1_1_1_78_1_1_1_1_1_507", "X_1_1_1_1_1_77_1_1_1_1_1_507", "X_1_1_1_1_1_76_1_1_1_1_1_507", "X_1_1_1_1_1_75_1_1_1_1_1_507", "X_1_1_1_1_1_74_1_1_1_1_1_507", "X_1_1_1_1_1_73_1_1_1_1_1_507", "X_1_1_1_1_1_72_1_1_1_1_1_507", "X_1_1_1_1_1_71_1_1_1_1_1_507", "X_1_1_1_1_1_70_1_1_1_1_1_507", "X_1_1_1_1_1_69_1_1_1_1_1_507", "X_1_1_1_1_1_68_1_1_1_1_1_507", "X_1_1_1_1_1_67_1_1_1_1_1_507", "X_1_1_1_1_1_66_1_1_1_1_1_507", "X_1_1_1_1_1_65_1_1_1_1_1_507", "X_1_1_1_1_1_64_1_1_1_1_1_507", "X_1_1_1_1_1_63_1_1_1_1_1_507", "X_1_1_1_1_1_62_1_1_1_1_1_507", "X_1_1_1_1_1_61_1_1_1_1_1_507", "X_1_1_1_1_1_60_1_1_1_1_1_507", "X_1_1_1_1_1_59_1_1_1_1_1_507", "X_1_1_1_1_1_58_1_1_1_1_1_507", "X_1_1_1_1_1_57_1_1_1_1_1_507", "X_1_1_1_1_1_56_1_1_1_1_1_507", "X_1_1_1_1_1_55_1_1_1_1_1_507", "X_1_1_1_1_1_54_1_1_1_1_1_507", "X_1_1_1_1_1_53_1_1_1_1_1_507", "X_1_1_1_1_1_52_1_1_1_1_1_507", "X_1_1_1_1_1_51_1_1_1_1_1_507", "X_1_1_1_1_1_50_1_1_1_1_1_507", "X_1_1_1_1_1_49_1_1_1_1_1_507", "X_1_1_1_1_1_48_1_1_1_1_1_507", "X_1_1_1_1_1_47_1_1_1_1_1_507", "X_1_1_1_1_1_46_1_1_1_1_1_507", "X_1_1_1_1_1_45_1_1_1_1_1_507", "X_1_1_1_1_1_44_1_1_1_1_1_507", "X_1_1_1_1_1_43_1_1_1_1_1_507", "X_1_1_1_1_1_42_1_1_1_1_1_507", "X_1_1_1_1_1_41_1_1_1_1_1_507", "X_1_1_1_1_1_40_1_1_1_1_1_507", "X_1_1_1_1_1_39_1_1_1_1_1_507", "X_1_1_1_1_1_38_1_1_1_1_1_507", "X_1_1_1_1_1_37_1_1_1_1_1_507", "X_1_1_1_1_1_36_1_1_1_1_1_507", "X_1_1_1_1_1_35_1_1_1_1_1_507", "X_1_1_1_1_1_34_1_1_1_1_1_507", "X_1_1_1_1_1_33_1_1_1_1_1_507", "X_1_1_1_1_1_32_1_1_1_1_1_507", "X_1_1_1_1_1_31_1_1_1_1_1_507", "X_1_1_1_1_1_30_1_1_1_1_1_507", "X_1_1_1_1_1_29_1_1_1_1_1_507", "X_1_1_1_1_1_28_1_1_1_1_1_507", "X_1_1_1_1_1_27_1_1_1_1_1_507", "X_1_1_1_1_1_26_1_1_1_1_1_507", "X_1_1_1_1_1_25_1_1_1_1_1_507", "X_1_1_1_1_1_24_1_1_1_1_1_507", "X_1_1_1_1_1_23_1_1_1_1_1_507", "X_1_1_1_1_1_22_1_1_1_1_1_507", "X_1_1_1_1_1_21_1_1_1_1_1_507", "X_1_1_1_1_1_20_1_1_1_1_1_507", "X_1_1_1_1_1_19_1_1_1_1_1_507", "X_1_1_1_1_1_18_1_1_1_1_1_507", "X_1_1_1_1_1_17_1_1_1_1_1_507", "X_1_1_1_1_1_16_1_1_1_1_1_507", "X_1_1_1_1_1_15_1_1_1_1_1_507", "X_1_1_1_1_1_14_1_1_1_1_1_507", "X_1_1_1_1_1_13_1_1_1_1_1_507", "X_1_1_1_1_1_12_1_1_1_1_1_507", "X_1_1_1_1_1_11_1_1_1_1_1_507", "X_1_1_1_1_1_10_1_1_1_1_1_507", "X_1_1_1_1_1_9_1_1_1_1_1_507", "X_1_1_1_1_1_8_1_1_1_1_1_507", "X_1_1_1_1_1_7_1_1_1_1_1_507", "X_1_1_1_1_1_6_1_1_1_1_1_507", "X_1_1_1_1_1_5_1_1_1_1_1_507", "X_1_1_1_1_1_4_1_1_1_1_1_507", "X_1_1_1_1_1_3_1_1_1_1_1_507", "X_1_1_1_1_1_2_1_1_1_1_1_507", "X_1_1_1_1_1_1_1_1_1_1_1_507"], "CsaImage.SlicePosition_PCS": [[92.49308891, -72.14455597, 125.97125724], [91.69379758, -72.15186661, 125.93839474], [90.89450625, -72.15917724, 125.90553224], [90.09521492, -72.16648788, 125.87266975], [89.29592359, -72.17379852, 125.83980725], [88.49663226, -72.18110915, 125.80694475], [87.69734093, -72.18841979, 125.77408225], [86.8980496, -72.19573043, 125.74121975], [86.09875827, -72.20304106, 125.70835725], [85.29946694, -72.2103517, 125.67549475], [84.50017561, -72.21766233, 125.64263225], [83.70088428, -72.22497297, 125.60976976], [82.90159296, -72.23228361, 125.57690726], [82.10230163, -72.23959424, 125.54404476], [81.3030103, -72.24690488, 125.51118226], [80.50371897, -72.25421552, 125.47831976], [79.70442764, -72.26152615, 125.44545726], [78.90513631, -72.26883679, 125.41259476], [78.10584498, -72.27614743, 125.37973227], [77.30655365, -72.28345806, 125.34686977], [76.50726232, -72.2907687, 125.31400727], [75.70797099, -72.29807933, 125.28114477], [74.90867966, -72.30538997, 125.24828227], [74.10938833, -72.31270061, 125.21541977], [73.310097, -72.32001124, 125.18255727], [72.51080567, -72.32732188, 125.14969478], [71.71151434, -72.33463252, 125.11683228], [70.91222301, -72.34194315, 125.08396978], [70.11293168, -72.34925379, 125.05110728], [69.31364035, -72.35656443, 125.01824478], [68.51434902, -72.36387506, 124.98538228], [67.71505769, -72.3711857, 124.95251978], [66.91576636, -72.37849634, 124.91965728], [66.11647503, -72.38580697, 124.88679479], [65.3171837, -72.39311761, 124.85393229], [64.51789237, -72.40042824, 124.82106979], [63.71860104, -72.40773888, 124.78820729], [62.91930971, -72.41504952, 124.75534479], [62.12001838, -72.42236015, 124.72248229], [61.32072705, -72.42967079, 124.68961979], [60.52143572, -72.43698143, 124.6567573], [59.72214439, -72.44429206, 124.6238948], [58.92285306, -72.4516027, 124.5910323], [58.12356173, -72.45891334, 124.5581698], [57.3242704, -72.46622397, 124.5253073], [56.52497907, -72.47353461, 124.4924448], [55.72568774, -72.48084524, 124.4595823], [54.92639641, -72.48815588, 124.42671981], [54.12710508, -72.49546652, 124.39385731], [53.32781375, -72.50277715, 124.36099481], [52.52852242, -72.51008779, 124.32813231], [51.72923109, -72.51739843, 124.29526981], [50.92993976, -72.52470906, 124.26240731], [50.13064843, -72.5320197, 124.22954481], [49.3313571, -72.53933034, 124.19668231], [48.53206577, -72.54664097, 124.16381982], [47.73277444, -72.55395161, 124.13095732], [46.93348312, -72.56126224, 124.09809482], [46.13419179, -72.56857288, 124.06523232], [45.33490046, -72.57588352, 124.03236982], [44.53560913, -72.58319415, 123.99950732], [43.7363178, -72.59050479, 123.96664482], [42.93702647, -72.59781543, 123.93378233], [42.13773514, -72.60512606, 123.90091983], [41.33844381, -72.6124367, 123.86805733], [40.53915248, -72.61974734, 123.83519483], [39.73986115, -72.62705797, 123.80233233], [38.94056982, -72.63436861, 123.76946983], [38.14127849, -72.64167925, 123.73660733], [37.34198716, -72.64898988, 123.70374484], [36.54269583, -72.65630052, 123.67088234], [35.7434045, -72.66361115, 123.63801984], [34.94411317, -72.67092179, 123.60515734], [34.14482184, -72.67823243, 123.57229484], [33.34553051, -72.68554306, 123.53943234], [32.54623918, -72.6928537, 123.50656984], [31.74694785, -72.70016434, 123.47370734], [30.94765652, -72.70747497, 123.44084485], [30.14836519, -72.71478561, 123.40798235], [29.34907386, -72.72209625, 123.37511985], [28.54978253, -72.72940688, 123.34225735], [27.7504912, -72.73671752, 123.30939485], [26.95119987, -72.74402815, 123.27653235], [26.15190854, -72.75133879, 123.24366985], [25.35261721, -72.75864943, 123.21080736], [24.55332588, -72.76596006, 123.17794486], [23.75403455, -72.7732707, 123.14508236], [22.95474322, -72.78058134, 123.11221986], [22.15545189, -72.78789197, 123.07935736], [21.35616056, -72.79520261, 123.04649486], [20.55686923, -72.80251325, 123.01363236], [19.7575779, -72.80982388, 122.98076987], [18.95828657, -72.81713452, 122.94790737], [18.15899524, -72.82444515, 122.91504487], [17.35970391, -72.83175579, 122.88218237], [16.56041258, -72.83906643, 122.84931987], [15.76112125, -72.84637706, 122.81645737], [14.96182992, -72.8536877, 122.78359487], [14.16253859, -72.86099834, 122.75073238], [13.36324726, -72.86830897, 122.71786988], [12.56395593, -72.87561961, 122.68500738], [11.76466461, -72.88293025, 122.65214488], [10.96537328, -72.89024088, 122.61928238], [10.16608195, -72.89755152, 122.58641988], [9.36679062, -72.90486216, 122.55355738], [8.56749929, -72.91217279, 122.52069488], [7.76820796, -72.91948343, 122.48783239], [6.96891663, -72.92679406, 122.45496989], [6.1696253, -72.9341047, 122.42210739], [5.37033397, -72.94141534, 122.38924489], [4.57104264, -72.94872597, 122.35638239], [3.77175131, -72.95603661, 122.32351989], [2.97245998, -72.96334725, 122.29065739], [2.17316865, -72.97065788, 122.2577949], [1.37387732, -72.97796852, 122.2249324], [0.57458599, -72.98527916, 122.1920699], [-0.22470534, -72.99258979, 122.1592074], [-1.02399667, -72.99990043, 122.1263449], [-1.823288, -73.00721106, 122.0934824], [-2.62257933, -73.0145217, 122.0606199], [-3.42187066, -73.02183234, 122.02775741], [-4.22116199, -73.02914297, 121.99489491], [-5.02045332, -73.03645361, 121.96203241], [-5.81974465, -73.04376425, 121.92916991], [-6.61903598, -73.05107488, 121.89630741], [-7.41832731, -73.05838552, 121.86344491], [-8.21761864, -73.06569616, 121.83058241], [-9.01690997, -73.07300679, 121.79771991], [-9.8162013, -73.08031743, 121.76485742], [-10.61549263, -73.08762806, 121.73199492], [-11.41478396, -73.0949387, 121.69913242], [-12.21407529, -73.10224934, 121.66626992], [-13.01336662, -73.10955997, 121.63340742], [-13.81265795, -73.11687061, 121.60054492], [-14.61194928, -73.12418125, 121.56768242], [-15.41124061, -73.13149188, 121.53481993], [-16.21053194, -73.13880252, 121.50195743], [-17.00982327, -73.14611316, 121.46909493], [-17.8091146, -73.15342379, 121.43623243], [-18.60840593, -73.16073443, 121.40336993], [-19.40769726, -73.16804506, 121.37050743], [-20.20698859, -73.1753557, 121.33764493], [-21.00627992, -73.18266634, 121.30478244], [-21.80557125, -73.18997697, 121.27191994], [-22.60486258, -73.19728761, 121.23905744], [-23.40415391, -73.20459825, 121.20619494], [-24.20344523, -73.21190888, 121.17333244], [-25.00273656, -73.21921952, 121.14046994], [-25.80202789, -73.22653016, 121.10760744], [-26.60131922, -73.23384079, 121.07474494], [-27.40061055, -73.24115143, 121.04188245], [-28.19990188, -73.24846207, 121.00901995], [-28.99919321, -73.2557727, 120.97615745], [-29.79848454, -73.26308334, 120.94329495], [-30.59777587, -73.27039397, 120.91043245], [-31.3970672, -73.27770461, 120.87756995], [-32.19635853, -73.28501525, 120.84470745], [-32.99564986, -73.29232588, 120.81184496], [-33.79494119, -73.29963652, 120.77898246], [-34.59423252, -73.30694716, 120.74611996], [-35.39352385, -73.31425779, 120.71325746], [-36.19281518, -73.32156843, 120.68039496], [-36.99210651, -73.32887907, 120.64753246], [-37.79139784, -73.3361897, 120.61466996], [-38.59068917, -73.34350034, 120.58180747], [-39.3899805, -73.35081097, 120.54894497], [-40.18927183, -73.35812161, 120.51608247], [-40.98856316, -73.36543225, 120.48321997], [-41.78785449, -73.37274288, 120.45035747], [-42.58714582, -73.38005352, 120.41749497], [-43.38643715, -73.38736416, 120.38463247], [-44.18572848, -73.39467479, 120.35176997], [-44.98501981, -73.40198543, 120.31890748], [-45.78431114, -73.40929607, 120.28604498], [-46.58360247, -73.4166067, 120.25318248], [-47.3828938, -73.42391734, 120.22031998], [-48.18218513, -73.43122797, 120.18745748], [-48.98147646, -73.43853861, 120.15459498], [-49.78076779, -73.44584925, 120.12173248], [-50.58005912, -73.45315988, 120.08886999], [-51.37935045, -73.46047052, 120.05600749], [-52.17864178, -73.46778116, 120.02314499], [-52.97793311, -73.47509179, 119.99028249], [-53.77722444, -73.48240243, 119.95741999], [-54.57651577, -73.48971307, 119.92455749], [-55.3758071, -73.4970237, 119.89169499], [-56.17509843, -73.50433434, 119.8588325], [-56.97438976, -73.51164498, 119.82597], [-57.77368109, -73.51895561, 119.7931075], [-58.57297242, -73.52626625, 119.760245], [-59.37226374, -73.53357688, 119.7273825], [-60.17155507, -73.54088752, 119.69452], [-60.9708464, -73.54819816, 119.6616575], [-61.77013773, -73.55550879, 119.628795], [-62.56942906, -73.56281943, 119.59593251], [-63.36872039, -73.57013007, 119.56307001], [-64.16801172, -73.5774407, 119.53020751], [-64.96730305, -73.58475134, 119.49734501], [-65.76659438, -73.59206198, 119.46448251], [-66.56588571, -73.59937261, 119.43162001], [-67.36517704, -73.60668325, 119.39875751], [-68.16446837, -73.61399388, 119.36589502], [-68.9637597, -73.62130452, 119.33303252], [-69.76305103, -73.62861516, 119.30017002], [-70.56234236, -73.63592579, 119.26730752], [-71.36163369, -73.64323643, 119.23444502], [-72.16092502, -73.65054707, 119.20158252], [-72.96021635, -73.6578577, 119.16872002], [-73.75950768, -73.66516834, 119.13585753], [-74.55879901, -73.67247898, 119.10299503], [-75.35809034, -73.67978961, 119.07013253], [-76.15738167, -73.68710025, 119.03727003], [-76.956673, -73.69441088, 119.00440753], [-77.75596433, -73.70172152, 118.97154503], [-78.55525566, -73.70903216, 118.93868253], [-79.35454699, -73.71634279, 118.90582004], [-80.15383832, -73.72365343, 118.87295754], [-80.95312965, -73.73096407, 118.84009504], [-81.75242098, -73.7382747, 118.80723254], [-82.55171231, -73.74558534, 118.77437004], [-83.35100364, -73.75289598, 118.74150754], [-84.15029497, -73.76020661, 118.70864504], [-84.9495863, -73.76751725, 118.67578254], [-85.74887763, -73.77482789, 118.64292005], [-86.54816896, -73.78213852, 118.61005755], [-87.34746029, -73.78944916, 118.57719505], [-88.14675162, -73.79675979, 118.54433255], [-88.94604295, -73.80407043, 118.51147005], [-89.74533428, -73.81138107, 118.47860755], [-90.54462561, -73.8186917, 118.44574505], [-91.34391694, -73.82600234, 118.41288256], [-92.14320827, -73.83331298, 118.38002006], [-92.9424996, -73.84062361, 118.34715756], [-93.74179093, -73.84793425, 118.31429506], [-94.54108225, -73.85524489, 118.28143256], [-95.34037358, -73.86255552, 118.24857006], [-96.13966491, -73.86986616, 118.21570756], [-96.93895624, -73.87717679, 118.18284507], [-97.73824757, -73.88448743, 118.14998257], [-98.5375389, -73.89179807, 118.11712007], [-99.33683023, -73.8991087, 118.08425757], [-100.13612156, -73.90641934, 118.05139507], [-100.93541289, -73.91372998, 118.01853257], [-101.73470422, -73.92104061, 117.98567007], [-102.53399555, -73.92835125, 117.95280757], [-103.33328688, -73.93566189, 117.91994508], [-104.13257821, -73.94297252, 117.88708258], [-104.93186954, -73.95028316, 117.85422008], [-105.73116087, -73.95759379, 117.82135758], [-106.5304522, -73.96490443, 117.78849508], [-107.32974353, -73.97221507, 117.75563258], [-108.12903486, -73.9795257, 117.72277008], [-108.92832619, -73.98683634, 117.68990759], [-109.72761752, -73.99414698, 117.65704509], [-110.52690885, -74.00145761, 117.62418259], [-111.32620018, -74.00876825, 117.59132009]], "ImagePositionPatient": [[92.493088912297, -72.144555970765, 125.97125724108], [91.693797582522, -72.151866607152, 125.93839474245], [90.894506252748, -72.159177243539, 125.90553224381], [90.095214922973, -72.166487879926, 125.87266974518], [89.295923593199, -72.173798516313, 125.83980724655], [88.496632263424, -72.181109152701, 125.80694474792], [87.69734093365, -72.188419789088, 125.77408224928], [86.898049603875, -72.195730425475, 125.74121975065], [86.098758274101, -72.203041061862, 125.70835725202], [85.299466944326, -72.21035169825, 125.67549475338], [84.500175614552, -72.217662334637, 125.64263225475], [83.700884284777, -72.224972971024, 125.60976975612], [82.901592955003, -72.232283607411, 125.57690725749], [82.102301625228, -72.239594243798, 125.54404475885], [81.303010295454, -72.246904880186, 125.51118226022], [80.503718965679, -72.254215516573, 125.47831976159], [79.704427635905, -72.26152615296, 125.44545726295], [78.90513630613, -72.268836789347, 125.41259476432], [78.105844976356, -72.276147425735, 125.37973226569], [77.306553646581, -72.283458062122, 125.34686976705], [76.507262316807, -72.290768698509, 125.31400726842], [75.707970987032, -72.298079334896, 125.28114476979], [74.908679657258, -72.305389971283, 125.24828227116], [74.109388327483, -72.312700607671, 125.21541977252], [73.310096997709, -72.320011244058, 125.18255727389], [72.510805667934, -72.327321880445, 125.14969477526], [71.71151433816, -72.334632516832, 125.11683227662], [70.912223008385, -72.34194315322, 125.08396977799], [70.112931678611, -72.349253789607, 125.05110727936], [69.313640348836, -72.356564425994, 125.01824478073], [68.514349019062, -72.363875062381, 124.98538228209], [67.715057689287, -72.371185698768, 124.95251978346], [66.915766359513, -72.378496335156, 124.91965728483], [66.116475029738, -72.385806971543, 124.88679478619], [65.317183699964, -72.39311760793, 124.85393228756], [64.517892370189, -72.400428244317, 124.82106978893], [63.718601040415, -72.407738880705, 124.78820729029], [62.91930971064, -72.415049517092, 124.75534479166], [62.120018380866, -72.422360153479, 124.72248229303], [61.320727051091, -72.429670789866, 124.6896197944], [60.521435721317, -72.436981426253, 124.65675729576], [59.722144391542, -72.444292062641, 124.62389479713], [58.922853061768, -72.451602699028, 124.5910322985], [58.123561731993, -72.458913335415, 124.55816979986], [57.324270402219, -72.466223971802, 124.52530730123], [56.524979072444, -72.47353460819, 124.4924448026], [55.72568774267, -72.480845244577, 124.45958230397], [54.926396412895, -72.488155880964, 124.42671980533], [54.127105083121, -72.495466517351, 124.3938573067], [53.327813753346, -72.502777153738, 124.36099480807], [52.528522423572, -72.510087790126, 124.32813230943], [51.729231093797, -72.517398426513, 124.2952698108], [50.929939764023, -72.5247090629, 124.26240731217], [50.130648434248, -72.532019699287, 124.22954481354], [49.331357104473, -72.539330335675, 124.1966823149], [48.532065774699, -72.546640972062, 124.16381981627], [47.732774444924, -72.553951608449, 124.13095731764], [46.93348311515, -72.561262244836, 124.098094819], [46.134191785375, -72.568572881223, 124.06523232037], [45.334900455601, -72.575883517611, 124.03236982174], [44.535609125826, -72.583194153998, 123.9995073231], [43.736317796052, -72.590504790385, 123.96664482447], [42.937026466277, -72.597815426772, 123.93378232584], [42.137735136503, -72.60512606316, 123.90091982721], [41.338443806728, -72.612436699547, 123.86805732857], [40.539152476954, -72.619747335934, 123.83519482994], [39.739861147179, -72.627057972321, 123.80233233131], [38.940569817405, -72.634368608708, 123.76946983267], [38.14127848763, -72.641679245096, 123.73660733404], [37.341987157856, -72.648989881483, 123.70374483541], [36.542695828081, -72.65630051787, 123.67088233678], [35.743404498307, -72.663611154257, 123.63801983814], [34.944113168532, -72.670921790645, 123.60515733951], [34.144821838758, -72.678232427032, 123.57229484088], [33.345530508983, -72.685543063419, 123.53943234224], [32.546239179209, -72.692853699806, 123.50656984361], [31.746947849434, -72.700164336193, 123.47370734498], [30.94765651966, -72.707474972581, 123.44084484634], [30.148365189885, -72.714785608968, 123.40798234771], [29.349073860111, -72.722096245355, 123.37511984908], [28.549782530336, -72.729406881742, 123.34225735045], [27.750491200562, -72.73671751813, 123.30939485181], [26.951199870787, -72.744028154517, 123.27653235318], [26.151908541013, -72.751338790904, 123.24366985455], [25.352617211238, -72.758649427291, 123.21080735591], [24.553325881464, -72.765960063678, 123.17794485728], [23.754034551689, -72.773270700066, 123.14508235865], [22.954743221915, -72.780581336453, 123.11221986002], [22.15545189214, -72.78789197284, 123.07935736138], [21.356160562366, -72.795202609227, 123.04649486275], [20.556869232591, -72.802513245615, 123.01363236412], [19.757577902817, -72.809823882002, 122.98076986548], [18.958286573042, -72.817134518389, 122.94790736685], [18.158995243268, -72.824445154776, 122.91504486822], [17.359703913493, -72.831755791163, 122.88218236958], [16.560412583719, -72.839066427551, 122.84931987095], [15.761121253944, -72.846377063938, 122.81645737232], [14.96182992417, -72.853687700325, 122.78359487369], [14.162538594395, -72.860998336712, 122.75073237505], [13.363247264621, -72.8683089731, 122.71786987642], [12.563955934846, -72.875619609487, 122.68500737779], [11.764664605072, -72.882930245874, 122.65214487915], [10.965373275297, -72.890240882261, 122.61928238052], [10.166081945523, -72.897551518648, 122.58641988189], [9.3667906157481, -72.904862155036, 122.55355738326], [8.5674992859736, -72.912172791423, 122.52069488462], [7.7682079561991, -72.91948342781, 122.48783238599], [6.9689166264246, -72.926794064197, 122.45496988736], [6.1696252966501, -72.934104700585, 122.42210738872], [5.3703339668756, -72.941415336972, 122.38924489009], [4.5710426371011, -72.948725973359, 122.35638239146], [3.7717513073266, -72.956036609746, 122.32351989283], [2.972459977552, -72.963347246133, 122.29065739419], [2.1731686477775, -72.970657882521, 122.25779489556], [1.373877318003, -72.977968518908, 122.22493239693], [0.57458598822852, -72.985279155295, 122.19206989829], [-0.224705341546, -72.992589791682, 122.15920739966], [-1.0239966713205, -72.99990042807, 122.12634490103], [-1.823288001095, -73.007211064457, 122.09348240239], [-2.6225793308695, -73.014521700844, 122.06061990376], [-3.421870660644, -73.021832337231, 122.02775740513], [-4.2211619904185, -73.029142973618, 121.9948949065], [-5.020453320193, -73.036453610006, 121.96203240786], [-5.8197446499675, -73.043764246393, 121.92916990923], [-6.619035979742, -73.05107488278, 121.8963074106], [-7.4183273095166, -73.058385519167, 121.86344491196], [-8.2176186392911, -73.065696155555, 121.83058241333], [-9.0169099690656, -73.073006791942, 121.7977199147], [-9.8162012988401, -73.080317428329, 121.76485741607], [-10.615492628615, -73.087628064716, 121.73199491743], [-11.414783958389, -73.094938701103, 121.6991324188], [-12.214075288164, -73.102249337491, 121.66626992017], [-13.013366617938, -73.109559973878, 121.63340742153], [-13.812657947713, -73.116870610265, 121.6005449229], [-14.611949277487, -73.124181246652, 121.56768242427], [-15.411240607262, -73.13149188304, 121.53481992563], [-16.210531937036, -73.138802519427, 121.501957427], [-17.009823266811, -73.146113155814, 121.46909492837], [-17.809114596585, -73.153423792201, 121.43623242974], [-18.60840592636, -73.160734428588, 121.4033699311], [-19.407697256134, -73.168045064976, 121.37050743247], [-20.206988585909, -73.175355701363, 121.33764493384], [-21.006279915683, -73.18266633775, 121.3047824352], [-21.805571245458, -73.189976974137, 121.27191993657], [-22.604862575232, -73.197287610525, 121.23905743794], [-23.404153905007, -73.204598246912, 121.20619493931], [-24.203445234781, -73.211908883299, 121.17333244067], [-25.002736564556, -73.219219519686, 121.14046994204], [-25.80202789433, -73.226530156073, 121.10760744341], [-26.601319224105, -73.233840792461, 121.07474494477], [-27.400610553879, -73.241151428848, 121.04188244614], [-28.199901883654, -73.248462065235, 121.00901994751], [-28.999193213428, -73.255772701622, 120.97615744887], [-29.798484543203, -73.26308333801, 120.94329495024], [-30.597775872977, -73.270393974397, 120.91043245161], [-31.397067202752, -73.277704610784, 120.87756995298], [-32.196358532526, -73.285015247171, 120.84470745434], [-32.995649862301, -73.292325883558, 120.81184495571], [-33.794941192075, -73.299636519946, 120.77898245708], [-34.59423252185, -73.306947156333, 120.74611995844], [-35.393523851624, -73.31425779272, 120.71325745981], [-36.192815181399, -73.321568429107, 120.68039496118], [-36.992106511173, -73.328879065495, 120.64753246255], [-37.791397840948, -73.336189701882, 120.61466996391], [-38.590689170722, -73.343500338269, 120.58180746528], [-39.389980500497, -73.350810974656, 120.54894496665], [-40.189271830271, -73.358121611043, 120.51608246801], [-40.988563160046, -73.365432247431, 120.48321996938], [-41.78785448982, -73.372742883818, 120.45035747075], [-42.587145819595, -73.380053520205, 120.41749497212], [-43.386437149369, -73.387364156592, 120.38463247348], [-44.185728479144, -73.39467479298, 120.35176997485], [-44.985019808918, -73.401985429367, 120.31890747622], [-45.784311138693, -73.409296065754, 120.28604497758], [-46.583602468467, -73.416606702141, 120.25318247895], [-47.382893798242, -73.423917338528, 120.22031998032], [-48.182185128016, -73.431227974916, 120.18745748168], [-48.981476457791, -73.438538611303, 120.15459498305], [-49.780767787565, -73.44584924769, 120.12173248442], [-50.58005911734, -73.453159884077, 120.08886998579], [-51.379350447114, -73.460470520465, 120.05600748715], [-52.178641776889, -73.467781156852, 120.02314498852], [-52.977933106663, -73.475091793239, 119.99028248989], [-53.777224436438, -73.482402429626, 119.95741999125], [-54.576515766213, -73.489713066013, 119.92455749262], [-55.375807095987, -73.497023702401, 119.89169499399], [-56.175098425762, -73.504334338788, 119.85883249536], [-56.974389755536, -73.511644975175, 119.82596999672], [-57.773681085311, -73.518955611562, 119.79310749809], [-58.572972415085, -73.52626624795, 119.76024499946], [-59.37226374486, -73.533576884337, 119.72738250082], [-60.171555074634, -73.540887520724, 119.69452000219], [-60.970846404409, -73.548198157111, 119.66165750356], [-61.770137734183, -73.555508793499, 119.62879500492], [-62.569429063958, -73.562819429886, 119.59593250629], [-63.368720393732, -73.570130066273, 119.56307000766], [-64.168011723507, -73.57744070266, 119.53020750903], [-64.967303053281, -73.584751339047, 119.49734501039], [-65.766594383056, -73.592061975435, 119.46448251176], [-66.56588571283, -73.599372611822, 119.43162001313], [-67.365177042605, -73.606683248209, 119.39875751449], [-68.164468372379, -73.613993884596, 119.36589501586], [-68.963759702154, -73.621304520984, 119.33303251723], [-69.763051031928, -73.628615157371, 119.3001700186], [-70.562342361703, -73.635925793758, 119.26730751996], [-71.361633691477, -73.643236430145, 119.23444502133], [-72.160925021252, -73.650547066532, 119.2015825227], [-72.960216351026, -73.65785770292, 119.16872002406], [-73.759507680801, -73.665168339307, 119.13585752543], [-74.558799010575, -73.672478975694, 119.1029950268], [-75.35809034035, -73.679789612081, 119.07013252816], [-76.157381670124, -73.687100248469, 119.03727002953], [-76.956672999899, -73.694410884856, 119.0044075309], [-77.755964329673, -73.701721521243, 118.97154503227], [-78.555255659448, -73.70903215763, 118.93868253363], [-79.354546989222, -73.716342794017, 118.905820035], [-80.153838318997, -73.723653430405, 118.87295753637], [-80.953129648771, -73.730964066792, 118.84009503773], [-81.752420978546, -73.738274703179, 118.8072325391], [-82.55171230832, -73.745585339566, 118.77437004047], [-83.351003638095, -73.752895975954, 118.74150754184], [-84.150294967869, -73.760206612341, 118.7086450432], [-84.949586297644, -73.767517248728, 118.67578254457], [-85.748877627418, -73.774827885115, 118.64292004594], [-86.548168957193, -73.782138521502, 118.6100575473], [-87.347460286967, -73.78944915789, 118.57719504867], [-88.146751616742, -73.796759794277, 118.54433255004], [-88.946042946516, -73.804070430664, 118.51147005141], [-89.745334276291, -73.811381067051, 118.47860755277], [-90.544625606065, -73.818691703439, 118.44574505414], [-91.34391693584, -73.826002339826, 118.41288255551], [-92.143208265614, -73.833312976213, 118.38002005687], [-92.942499595389, -73.8406236126, 118.34715755824], [-93.741790925163, -73.847934248987, 118.31429505961], [-94.541082254938, -73.855244885375, 118.28143256097], [-95.340373584712, -73.862555521762, 118.24857006234], [-96.139664914487, -73.869866158149, 118.21570756371], [-96.938956244261, -73.877176794536, 118.18284506508], [-97.738247574036, -73.884487430924, 118.14998256644], [-98.53753890381, -73.891798067311, 118.11712006781], [-99.336830233585, -73.899108703698, 118.08425756918], [-100.13612156336, -73.906419340085, 118.05139507054], [-100.93541289313, -73.913729976472, 118.01853257191], [-101.73470422291, -73.92104061286, 117.98567007328], [-102.53399555268, -73.928351249247, 117.95280757465], [-103.33328688246, -73.935661885634, 117.91994507601], [-104.13257821223, -73.942972522021, 117.88708257738], [-104.93186954201, -73.950283158409, 117.85422007875], [-105.73116087178, -73.957593794796, 117.82135758011], [-106.53045220156, -73.964904431183, 117.78849508148], [-107.32974353133, -73.97221506757, 117.75563258285], [-108.1290348611, -73.979525703957, 117.72277008421], [-108.92832619088, -73.986836340345, 117.68990758558], [-109.72761752065, -73.994146976732, 117.65704508695], [-110.52690885043, -74.001457613119, 117.62418258832], [-111.3262001802, -74.008768249506, 117.59132008968]], "InstanceCreationTime": ["173427.921000", "173427.921000", "173427.906000", "173427.906000", "173427.906000", "173427.906000", "173427.906000", "173427.906000", "173427.890000", "173427.890000", "173427.890000", "173427.890000", "173427.890000", "173427.890000", "173427.890000", "173427.875000", "173427.875000", "173427.875000", "173427.875000", "173427.859000", "173427.859000", "173427.859000", "173427.859000", "173427.859000", "173427.859000", "173427.859000", "173427.859000", "173427.859000", "173427.843000", "173427.843000", "173427.843000", "173427.843000", "173427.843000", "173427.843000", "173427.843000", "173427.843000", "173427.828000", "173427.828000", "173427.828000", "173427.828000", "173427.828000", "173427.828000", "173427.828000", "173427.828000", "173427.812000", "173427.812000", "173427.812000", "173427.812000", "173427.812000", "173427.812000", "173427.812000", "173427.812000", "173427.812000", "173427.796000", "173427.796000", "173427.796000", "173427.796000", "173427.796000", "173427.796000", "173427.796000", "173427.796000", "173427.781000", "173427.781000", "173427.781000", "173427.781000", "173427.781000", "173427.781000", "173427.765000", "173427.765000", "173427.765000", "173427.765000", "173427.765000", "173427.765000", "173427.765000", "173427.750000", "173427.750000", "173427.750000", "173427.750000", "173427.750000", "173427.750000", "173427.750000", "173427.750000", "173427.750000", "173427.734000", "173427.734000", "173427.734000", "173427.734000", "173427.734000", "173427.734000", "173427.734000", "173427.734000", "173427.718000", "173427.718000", "173427.718000", "173427.718000", "173427.718000", "173427.718000", "173427.703000", "173427.703000", "173427.703000", "173427.703000", "173427.703000", "173427.703000", "173427.703000", "173427.703000", "173427.687000", "173427.687000", "173423.015000", "173423.015000", "173423.015000", "173423.015000", "173423.000000", "173423.000000", "173423.000000", "173423.000000", "173423.000000", "173423.000000", "173423.000000", "173423.000000", "173422.984000", "173422.984000", "173422.984000", "173422.984000", "173422.984000", "173422.984000", "173422.984000", "173422.968000", "173422.968000", "173422.968000", "173422.968000", "173422.968000", "173422.968000", "173422.968000", "173422.953000", "173422.953000", "173422.953000", "173422.953000", "173422.953000", "173422.953000", "173422.953000", "173422.953000", "173422.937000", "173422.937000", "173422.937000", "173422.937000", "173422.937000", "173422.937000", "173422.937000", "173422.937000", "173422.921000", "173422.921000", "173422.921000", "173422.921000", "173422.921000", "173422.921000", "173422.906000", "173422.906000", "173422.906000", "173422.906000", "173422.906000", "173422.906000", "173422.906000", "173422.906000", "173422.890000", "173422.890000", "173422.890000", "173422.890000", "173422.890000", "173422.890000", "173422.875000", "173422.875000", "173422.875000", "173422.875000", "173422.875000", "173422.875000", "173422.859000", "173422.859000", "173422.859000", "173422.859000", "173422.843000", "173422.843000", "173422.843000", "173422.843000", "173422.843000", "173422.843000", "173422.828000", "173422.828000", "173422.828000", "173422.828000", "173422.828000", "173422.828000", "173422.812000", "173422.812000", "173422.812000", "173422.812000", "173422.812000", "173422.812000", "173422.812000", "173422.812000", "173422.796000", "173422.796000", "173422.796000", "173422.796000", "173422.796000", "173422.796000", "173422.796000", "173422.796000", "173422.781000", "173422.781000", "173422.781000", "173422.781000", "173422.781000", "173422.781000", "173422.781000", "173422.781000", "173422.765000", "173422.765000", "173422.765000", "173422.765000", "173422.765000", "173422.765000", "173422.765000", "173422.750000", "173422.750000", "173422.750000", "173422.750000", "173422.750000", "173422.750000", "173422.734000", "173422.734000", "173422.734000", "173422.734000", "173422.734000", "173422.734000", "173422.734000", "173422.734000", "173422.718000", "173422.718000", "173422.718000", "173422.718000", "173422.718000", "173422.703000", "173422.703000", "173422.703000", "173422.703000", "173422.703000", "173422.703000", "173422.703000", "173422.703000", "173422.687000", "173422.687000", "173422.687000", "173422.687000", "173422.687000", "173422.687000", "173422.687000"], "InstanceNumber": [256, 255, 254, 253, 252, 251, 250, 249, 248, 247, 246, 245, 244, 243, 242, 241, 240, 239, 238, 237, 236, 235, 234, 233, 232, 231, 230, 229, 228, 227, 226, 225, 224, 223, 222, 221, 220, 219, 218, 217, 216, 215, 214, 213, 212, 211, 210, 209, 208, 207, 206, 205, 204, 203, 202, 201, 200, 199, 198, 197, 196, 195, 194, 193, 192, 191, 190, 189, 188, 187, 186, 185, 184, 183, 182, 181, 180, 179, 178, 177, 176, 175, 174, 173, 172, 171, 170, 169, 168, 167, 166, 165, 164, 163, 162, 161, 160, 159, 158, 157, 156, 155, 154, 153, 152, 151, 150, 149, 148, 147, 146, 145, 144, 143, 142, 141, 140, 139, 138, 137, 136, 135, 134, 133, 132, 131, 130, 129, 128, 127, 126, 125, 124, 123, 122, 121, 120, 119, 118, 117, 116, 115, 114, 113, 112, 111, 110, 109, 108, 107, 106, 105, 104, 103, 102, 101, 100, 99, 98, 97, 96, 95, 94, 93, 92, 91, 90, 89, 88, 87, 86, 85, 84, 83, 82, 81, 80, 79, 78, 77, 76, 75, 74, 73, 72, 71, 70, 69, 68, 67, 66, 65, 64, 63, 62, 61, 60, 59, 58, 57, 56, 55, 54, 53, 52, 51, 50, 49, 48, 47, 46, 45, 44, 43, 42, 41, 40, 39, 38, 37, 36, 35, 34, 33, 32, 31, 30, 29, 28, 27, 26, 25, 24, 23, 22, 21, 20, 19, 18, 17, 16, 15, 14, 13, 12, 11, 10, 9, 8, 7, 6, 5, 4, 3, 2, 1], "LargestImagePixelValue": [44, 41, 45, 78, 94, 80, 163, 57, 80, 109, 208, 122, 63, 63, 106, 88, 90, 60, 102, 383, 573, 857, 892, 912, 847, 740, 568, 611, 612, 626, 656, 821, 822, 863, 857, 682, 727, 817, 813, 783, 957, 823, 816, 788, 904, 897, 925, 965, 919, 960, 932, 932, 903, 979, 900, 960, 970, 896, 978, 913, 941, 933, 909, 987, 886, 1012, 989, 963, 960, 978, 948, 939, 912, 986, 892, 943, 943, 1016, 1006, 944, 943, 974, 927, 1001, 964, 1041, 931, 972, 910, 897, 930, 925, 972, 948, 933, 985, 943, 965, 954, 975, 967, 958, 935, 933, 949, 912, 933, 916, 937, 1019, 964, 916, 997, 989, 982, 1040, 1017, 995, 1035, 1001, 1010, 1048, 1025, 1060, 1063, 991, 1017, 1027, 1007, 1008, 1012, 1028, 999, 1001, 1066, 1020, 1000, 1010, 971, 1013, 946, 1007, 962, 966, 1048, 1018, 1032, 1019, 990, 1052, 1005, 1035, 986, 1025, 979, 1007, 991, 1024, 1054, 984, 963, 962, 991, 996, 927, 946, 1030, 1027, 988, 1008, 982, 985, 967, 1056, 1133, 994, 979, 1047, 991, 1020, 1082, 1213, 979, 1004, 1016, 997, 974, 1115, 1019, 1003, 1064, 994, 971, 1054, 1007, 992, 995, 977, 1006, 1007, 1007, 956, 1024, 1007, 961, 947, 882, 849, 982, 749, 849, 823, 723, 837, 803, 840, 807, 727, 786, 955, 962, 843, 725, 670, 589, 537, 508, 513, 660, 610, 684, 725, 663, 649, 705, 646, 464, 340, 77, 63, 74, 65, 70, 102, 74, 70, 52, 132, 119, 61, 50, 52, 58, 58, 71, 68], "SliceLocation": [96.926538161326, 96.126538149405, 95.326538137484, 94.526538125563, 93.726538113642, 92.926538101721, 92.126538089801, 91.32653807788, 90.526538065959, 89.726538054038, 88.926538042117, 88.126538030196, 87.326538018275, 86.526538006354, 85.726537994433, 84.926537982512, 84.126537970591, 83.32653795867, 82.526537946749, 81.726537934828, 80.926537922908, 80.126537910987, 79.326537899066, 78.526537887145, 77.726537875224, 76.926537863303, 76.126537851382, 75.326537839461, 74.52653782754, 73.726537815619, 72.926537803698, 72.126537791777, 71.326537779856, 70.526537767935, 69.726537756015, 68.926537744094, 68.126537732173, 67.326537720252, 66.526537708331, 65.72653769641, 64.926537684489, 64.126537672568, 63.326537660647, 62.526537648726, 61.726537636805, 60.926537624884, 60.126537612963, 59.326537601042, 58.526537589122, 57.726537577201, 56.92653756528, 56.126537553359, 55.326537541438, 54.526537529517, 53.726537517596, 52.926537505675, 52.126537493754, 51.326537481833, 50.526537469912, 49.726537457991, 48.92653744607, 48.126537434149, 47.326537422229, 46.526537410308, 45.726537398387, 44.926537386466, 44.126537374545, 43.326537362624, 42.526537350703, 41.726537338782, 40.926537326861, 40.12653731494, 39.326537303019, 38.526537291098, 37.726537279177, 36.926537267256, 36.126537255336, 35.326537243415, 34.526537231494, 33.726537219573, 32.926537207652, 32.126537195731, 31.32653718381, 30.526537171889, 29.726537159968, 28.926537148047, 28.126537136126, 27.326537124205, 26.526537112284, 25.726537100363, 24.926537088442, 24.126537076522, 23.326537064601, 22.52653705268, 21.726537040759, 20.926537028838, 20.126537016917, 19.326537004996, 18.526536993075, 17.726536981154, 16.926536969233, 16.126536957312, 15.326536945391, 14.52653693347, 13.726536921549, 12.926536909629, 12.126536897708, 11.326536885787, 10.526536873866, 9.7265368619449, 8.9265368500239, 8.126536838103, 7.3265368261821, 6.5265368142611, 5.7265368023402, 4.9265367904193, 4.1265367784984, 3.3265367665774, 2.5265367546565, 1.7265367427356, 0.92653673081463, 0.1265367188937, -0.6734632930272, -1.4734633049482, -2.2734633168691, -3.07346332879, -3.8734633407109, -4.6734633526319, -5.4734633645528, -6.2734633764737, -7.0734633883947, -7.8734634003156, -8.6734634122365, -9.4734634241574, -10.273463436078, -11.073463447999, -11.87346345992, -12.673463471841, -13.473463483762, -14.273463495683, -15.073463507604, -15.873463519525, -16.673463531446, -17.473463543367, -18.273463555288, -19.073463567209, -19.87346357913, -20.67346359105, -21.473463602971, -22.273463614892, -23.073463626813, -23.873463638734, -24.673463650655, -25.473463662576, -26.273463674497, -27.073463686418, -27.873463698339, -28.67346371026, -29.473463722181, -30.273463734102, -31.073463746023, -31.873463757943, -32.673463769864, -33.473463781785, -34.273463793706, -35.073463805627, -35.873463817548, -36.673463829469, -37.47346384139, -38.273463853311, -39.073463865232, -39.873463877153, -40.673463889074, -41.473463900995, -42.273463912916, -43.073463924836, -43.873463936757, -44.673463948678, -45.473463960599, -46.27346397252, -47.073463984441, -47.873463996362, -48.673464008283, -49.473464020204, -50.273464032125, -51.073464044046, -51.873464055967, -52.673464067888, -53.473464079809, -54.273464091729, -55.07346410365, -55.873464115571, -56.673464127492, -57.473464139413, -58.273464151334, -59.073464163255, -59.873464175176, -60.673464187097, -61.473464199018, -62.273464210939, -63.07346422286, -63.873464234781, -64.673464246702, -65.473464258622, -66.273464270543, -67.073464282464, -67.873464294385, -68.673464306306, -69.473464318227, -70.273464330148, -71.073464342069, -71.87346435399, -72.673464365911, -73.473464377832, -74.273464389753, -75.073464401674, -75.873464413595, -76.673464425515, -77.473464437436, -78.273464449357, -79.073464461278, -79.873464473199, -80.67346448512, -81.473464497041, -82.273464508962, -83.073464520883, -83.873464532804, -84.673464544725, -85.473464556646, -86.273464568567, -87.073464580488, -87.873464592408, -88.673464604329, -89.47346461625, -90.273464628171, -91.073464640092, -91.873464652013, -92.673464663934, -93.473464675855, -94.273464687776, -95.073464699697, -95.873464711618, -96.673464723539, -97.47346473546, -98.273464747381, -99.073464759301, -99.873464771222, -100.67346478314, -101.47346479506, -102.27346480699, -103.07346481891, -103.87346483083, -104.67346484275, -105.47346485467, -106.27346486659, -107.07346487851], "WindowCenter": [27.0, 27.0, 27.0, 27.0, 29.0, 29.0, 31.0, 28.0, 29.0, 29.0, 33.0, 30.0, 29.0, 29.0, 30.0, 30.0, 31.0, 30.0, 31.0, 54.0, 202.0, 280.0, 274.0, 284.0, 278.0, 258.0, 229.0, 232.0, 233.0, 251.0, 266.0, 286.0, 310.0, 314.0, 306.0, 304.0, 307.0, 314.0, 314.0, 311.0, 312.0, 307.0, 309.0, 312.0, 321.0, 338.0, 349.0, 365.0, 380.0, 388.0, 393.0, 397.0, 400.0, 404.0, 404.0, 407.0, 408.0, 411.0, 416.0, 421.0, 426.0, 428.0, 430.0, 433.0, 434.0, 436.0, 437.0, 440.0, 440.0, 445.0, 445.0, 449.0, 453.0, 458.0, 458.0, 461.0, 466.0, 468.0, 471.0, 473.0, 474.0, 471.0, 471.0, 469.0, 466.0, 467.0, 464.0, 463.0, 461.0, 461.0, 463.0, 462.0, 464.0, 465.0, 466.0, 467.0, 466.0, 465.0, 464.0, 464.0, 465.0, 465.0, 463.0, 460.0, 456.0, 454.0, 454.0, 453.0, 454.0, 454.0, 455.0, 458.0, 463.0, 465.0, 468.0, 473.0, 478.0, 483.0, 487.0, 490.0, 493.0, 497.0, 508.0, 514.0, 516.0, 504.0, 504.0, 510.0, 500.0, 495.0, 489.0, 487.0, 486.0, 482.0, 479.0, 475.0, 473.0, 469.0, 467.0, 466.0, 463.0, 461.0, 457.0, 453.0, 451.0, 449.0, 449.0, 450.0, 450.0, 452.0, 452.0, 455.0, 456.0, 458.0, 460.0, 461.0, 462.0, 463.0, 463.0, 464.0, 464.0, 464.0, 466.0, 469.0, 471.0, 472.0, 473.0, 475.0, 478.0, 480.0, 482.0, 483.0, 485.0, 488.0, 488.0, 485.0, 483.0, 480.0, 477.0, 475.0, 472.0, 471.0, 468.0, 462.0, 458.0, 458.0, 456.0, 454.0, 451.0, 449.0, 447.0, 446.0, 443.0, 438.0, 434.0, 426.0, 420.0, 418.0, 417.0, 416.0, 412.0, 404.0, 400.0, 382.0, 359.0, 346.0, 338.0, 331.0, 329.0, 324.0, 327.0, 326.0, 324.0, 329.0, 329.0, 335.0, 333.0, 322.0, 331.0, 330.0, 326.0, 315.0, 295.0, 286.0, 254.0, 222.0, 190.0, 206.0, 244.0, 233.0, 247.0, 226.0, 195.0, 179.0, 245.0, 241.0, 62.0, 47.0, 33.0, 32.0, 32.0, 31.0, 31.0, 32.0, 31.0, 31.0, 30.0, 33.0, 31.0, 29.0, 29.0, 29.0, 29.0, 29.0, 29.0, 29.0], "WindowWidth": [71.0, 71.0, 70.0, 72.0, 78.0, 78.0, 84.0, 73.0, 77.0, 78.0, 90.0, 80.0, 77.0, 77.0, 81.0, 78.0, 81.0, 81.0, 83.0, 159.0, 412.0, 527.0, 528.0, 544.0, 535.0, 504.0, 469.0, 473.0, 482.0, 519.0, 555.0, 601.0, 649.0, 660.0, 650.0, 651.0, 665.0, 679.0, 682.0, 679.0, 678.0, 669.0, 673.0, 683.0, 705.0, 738.0, 761.0, 789.0, 814.0, 831.0, 841.0, 849.0, 855.0, 861.0, 861.0, 867.0, 869.0, 876.0, 886.0, 896.0, 905.0, 909.0, 913.0, 918.0, 921.0, 923.0, 925.0, 930.0, 930.0, 938.0, 936.0, 941.0, 949.0, 955.0, 954.0, 960.0, 969.0, 973.0, 974.0, 975.0, 976.0, 970.0, 969.0, 966.0, 962.0, 963.0, 959.0, 956.0, 954.0, 957.0, 959.0, 959.0, 962.0, 964.0, 968.0, 972.0, 974.0, 973.0, 971.0, 970.0, 974.0, 974.0, 972.0, 967.0, 960.0, 955.0, 956.0, 955.0, 956.0, 955.0, 958.0, 963.0, 971.0, 975.0, 982.0, 992.0, 1001.0, 1012.0, 1018.0, 1023.0, 1026.0, 1035.0, 1056.0, 1068.0, 1071.0, 1046.0, 1043.0, 1054.0, 1041.0, 1034.0, 1022.0, 1019.0, 1015.0, 1007.0, 1001.0, 994.0, 989.0, 981.0, 976.0, 974.0, 970.0, 966.0, 960.0, 954.0, 951.0, 947.0, 945.0, 945.0, 946.0, 948.0, 948.0, 954.0, 955.0, 957.0, 959.0, 959.0, 960.0, 959.0, 958.0, 960.0, 960.0, 959.0, 963.0, 969.0, 972.0, 974.0, 975.0, 977.0, 984.0, 988.0, 991.0, 994.0, 997.0, 1004.0, 1004.0, 999.0, 998.0, 994.0, 990.0, 987.0, 982.0, 981.0, 977.0, 967.0, 960.0, 960.0, 959.0, 957.0, 951.0, 950.0, 947.0, 946.0, 939.0, 930.0, 924.0, 908.0, 896.0, 890.0, 888.0, 884.0, 878.0, 866.0, 861.0, 829.0, 788.0, 761.0, 745.0, 728.0, 718.0, 710.0, 715.0, 711.0, 705.0, 714.0, 715.0, 724.0, 716.0, 696.0, 708.0, 704.0, 692.0, 665.0, 618.0, 593.0, 537.0, 479.0, 430.0, 446.0, 494.0, 475.0, 490.0, 456.0, 407.0, 389.0, 474.0, 467.0, 189.0, 133.0, 87.0, 85.0, 85.0, 83.0, 83.0, 85.0, 82.0, 82.0, 81.0, 88.0, 84.0, 77.0, 77.0, 77.0, 77.0, 77.0, 78.0, 75.0]}}}