{"AcquisitionMatrixPE": 128, "AcquisitionNumber": 1, "AcquisitionTime": "07:39:10.405000", "BandwidthPerPixelPhaseEncode": 20.292, "BaseResolution": 128, "BodyPartExamined": "BRAIN", "ConsistencyInfo": "N4_VD11D_LATEST_20110129", "ConversionSoftware": "dcm2niix", "ConversionSoftwareVersion": "v1.0.20210317", "DerivedVendorReportedEchoSpacing": 0.000770008, "DeviceSerialNumber": "45239", "DiffusionScheme": "Monopolar", "DwellTime": 2.4e-06, "EchoTime": 0.092, "EchoTrainLength": 51, "EffectiveEchoSpacing": 0.000385004, "FlipAngle": 90, "ImageComments": "Unaliased MB3/PE3", "ImageOrientationPatientDICOM": [1, -2.05103e-10, 0, 2.05103e-10, 1, 0], "ImageType": ["ORIGINAL", "PRIMARY", "DIFFUSION", "NONE", "ND", "NORM", "MOSAIC"], "ImagingFrequency": 123.193, "InPlanePhaseEncodingDirectionDICOM": "ROW", "InstitutionAddress": "E 24th St. 100,Austin,Southmiddle,US,78712", "InstitutionName": "Univ of Texas at Austin", "InstitutionalDepartmentName": "IRC", "MRAcquisitionType": "2D", "MagneticFieldStrength": 3, "Manufacturer": "Siemens", "ManufacturersModelName": "Skyra", "Modality": "MR", "MultibandAccelerationFactor": 3, "ParallelReductionFactorInPlane": 2, "PartialFourier": 0.75, "PatientPosition": "HFS", "PercentPhaseFOV": 100, "PercentSampling": 100, "PhaseEncodingDirection": "i", "PhaseEncodingSteps": 102, "PhaseResolution": 1, "PixelBandwidth": 1630, "ProcedureStepDescription": "Poldrack2^self-scanning", "ProtocolName": "MBEPI with MDDW R-L", "PulseSequenceDetails": "%CustomerSeq%\\cmrr_mbep2d_diff", "ReceiveCoilActiveElements": "HEA;HEP", "ReceiveCoilName": "Head_32", "ReconMatrixPE": 128, "RefLinesPE": 76, "RepetitionTime": 5, "SAR": 0.154904, "ScanOptions": "PFP\\FS", "ScanningSequence": "EP", "SequenceName": "ep_b5#1", "SequenceVariant": "SK", "SeriesDescription": "MBEPI with MDDW R-L", "SeriesNumber": 14, "ShimSetting": [-2779, 8040, -15454, 30, -178, -116, 192, -103], "SliceThickness": 1.7, "SliceTiming": [0, 3.655, 2.3075, 0.9625, 4.615, 3.27, 1.9225, 0.5775, 4.23, 2.885, 1.54, 0.1925, 3.8475, 2.5, 1.155, 4.8075, 3.4625, 2.115, 0.77, 4.4225, 3.0775, 1.73, 0.385, 4.0375, 2.6925, 1.3475, 0, 3.655, 2.3075, 0.9625, 4.615, 3.27, 1.9225, 0.5775, 4.23, 2.885, 1.54, 0.1925, 3.8475, 2.5, 1.155, 4.8075, 3.4625, 2.115, 0.77, 4.4225, 3.0775, 1.73, 0.385, 4.0375, 2.6925, 1.3475, 0, 3.655, 2.3075, 0.9625, 4.615, 3.27, 1.9225, 0.5775, 4.23, 2.885, 1.54, 0.1925, 3.8475, 2.5, 1.155, 4.8075, 3.4625, 2.115, 0.77, 4.4225, 3.0775, 1.73, 0.385, 4.0375, 2.6925, 1.3475], "SoftwareVersions": "syngo MR D11", "SpacingBetweenSlices": 1.7, "StationName": "AWP45239", "TotalReadoutTime": 0.0488955, "TxRefAmp": 348.798, "WipMemBlock": "cd46946d-019c-4587-976a-6de191ac4830||Sequence: VD11D r154; May 23 2012 22:28:10 by eja", "dcmmeta_affine": [[-1.7421875, 3.573285833891049e-10, 0.0, 111.5], [3.573285833891049e-10, 1.7421875, 0.0, -120.04837036132812], [0.0, 0.0, 1.7000000476837158, -3.1013317108154297], [0.0, 0.0, 0.0, 1.0]], "dcmmeta_reorient_transform": [[0.0, -1.0, 0.0, 127.0], [1.0, 0.0, 0.0, 0.0], [0.0, 0.0, 1.0, 0.0], [0.0, 0.0, 0.0, 1.0]], "dcmmeta_shape": [128, 128, 78, 64], "dcmmeta_slice_dim": 2, "dcmmeta_version": 0.6, "global": {"const": {"AcquisitionMatrix": [0, 128, 128, 0], "AngioFlag": "N", "BitsAllocated": 16, "BitsStored": 16, "BodyPartExamined": "BRAIN", "Columns": 1152, "EchoNumbers": 1, "EchoTime": 92.0, "EchoTrainLength": 51, "FlipAngle": 90.0, "HighBit": 15, "ImageOrientationPatient": [1.0, -2.051034e-10, 0.0, 2.051034e-10, 1.0, 0.0], "ImagePositionPatient": [-1003.5000002058, -993.20944288652, -3.1013317108154], "ImageType": ["ORIGINAL", "PRIMARY", "DIFFUSION", "NONE", "ND", "NORM", "MOSAIC"], "ImagedNucleus": "1H", "ImagingFrequency": 123.193344, "InPlanePhaseEncodingDirection": "ROW", "MRAcquisitionType": "2D", "MagneticFieldStrength": 3.0, "Manufacturer": "SIEMENS", "ManufacturerModelName": "Skyra", "Modality": "MR", "NumberOfAverages": 1.0, "NumberOfPhaseEncodingSteps": 102, "PercentPhaseFieldOfView": 100.0, "PercentSampling": 100.0, "PerformedProcedureStepStartTime": "070620.875000", "PhotometricInterpretation": "MONOCHROME2", "PixelBandwidth": 1630.0, "PixelRepresentation": 0, "PixelSpacing": [1.7421875, 1.7421875], "ProtocolName": "MBEPI with MDDW R-L", "RepetitionTime": 5000.0, "Rows": 1152, "SAR": 0.15490432004189, "SamplesPerPixel": 1, "ScanOptions": ["PFP", "FS"], "ScanningSequence": "EP", "SequenceVariant": "SK", "SeriesDescription": "MBEPI with MDDW R-L", "SeriesNumber": 14, "SeriesTime": "074045.453000", "SliceLocation": -3.1013317108154, "SliceThickness": 1.7000000476837, "SmallestImagePixelValue": 0, "SoftwareVersions": "syngo MR D11", "SpacingBetweenSlices": 1.6999999950458, "SpecificCharacterSet": "ISO_IR 100", "StudyID": "1", "StudyTime": "070620.843000", "TransmitCoilName": "Body", "VariableFlipAngleFlag": "N", "WindowCenterWidthExplanation": "Algo1", "dBdt": 0.0}, "slices": {}}, "time": {"samples": {"AcquisitionNumber": [1, 2, 3, 4, 5, 6, 7, 8, 9, 10, 11, 12, 13, 14, 15, 16, 17, 18, 19, 20, 21, 22, 23, 24, 25, 26, 27, 28, 29, 30, 31, 32, 33, 34, 35, 36, 37, 38, 39, 40, 41, 42, 43, 44, 45, 46, 47, 48, 49, 50, 51, 52, 53, 54, 55, 56, 57, 58, 59, 60, 61, 62, 63, 64], "AcquisitionTime": ["073910.405000", "074040.405000", "074045.405000", "074050.405000", "074055.405000", "074100.405000", "074105.405000", "074110.405000", "074115.405000", "074120.405000", "074125.405000", "074130.405000", "074135.405000", "074140.405000", "074145.405000", "074150.405000", "074155.405000", "074200.405000", "074205.405000", "074210.405000", "074215.405000", "074220.405000", "074225.405000", "074230.405000", "074235.405000", "074240.405000", "074245.405000", "074250.405000", "074255.405000", "074300.405000", "074305.405000", "074310.405000", "074315.405000", "074320.405000", "074325.405000", "074330.405000", "074335.405000", "074340.405000", "074345.405000", "074350.405000", "074355.405000", "074400.405000", "074405.405000", "074410.405000", "074415.405000", "074420.405000", "074425.405000", "074430.405000", "074435.405000", "074440.405000", "074445.405000", "074450.405000", "074455.405000", "074500.405000", "074505.405000", "074510.405000", "074515.405000", "074520.405000", "074525.405000", "074530.405000", "074535.405000", "074540.405000", "074545.405000", "074550.405000"], "ContentTime": ["074045.453000", "074053.921000", "074053.921000", "074058.921000", "074103.921000", "074108.921000", "074113.921000", "074118.921000", "074123.921000", "074128.921000", "074133.921000", "074138.921000", "074143.921000", "074148.921000", "074153.921000", "074158.921000", "074203.921000", "074208.921000", "074213.921000", "074218.921000", "074223.921000", "074228.921000", "074233.921000", "074238.921000", "074243.921000", "074248.921000", "074253.921000", "074258.921000", "074303.921000", "074308.921000", "074313.921000", "074318.921000", "074323.921000", "074328.921000", "074333.921000", "074338.921000", "074343.921000", "074348.921000", "074353.921000", "074358.921000", "074403.921000", "074408.921000", "074413.921000", "074418.921000", "074423.921000", "074428.921000", "074433.921000", "074438.921000", "074443.921000", "074448.921000", "074453.921000", "074458.921000", "074503.921000", "074508.921000", "074513.921000", "074518.921000", "074523.921000", "074528.921000", "074533.921000", "074538.921000", "074543.921000", "074548.921000", "074553.921000", "074556.109000"], "InstanceCreationTime": ["074045.453000", "074053.921000", "074053.921000", "074058.921000", "074103.921000", "074108.921000", "074113.921000", "074118.921000", "074123.921000", "074128.921000", "074133.921000", "074138.921000", "074143.921000", "074148.921000", "074153.921000", "074158.921000", "074203.921000", "074208.921000", "074213.921000", "074218.921000", "074223.921000", "074228.921000", "074233.921000", "074238.921000", "074243.921000", "074248.921000", "074253.921000", "074258.921000", "074303.921000", "074308.921000", "074313.921000", "074318.921000", "074323.921000", "074328.921000", "074333.921000", "074338.921000", "074343.921000", "074348.921000", "074353.921000", "074358.921000", "074403.921000", "074408.921000", "074413.921000", "074418.921000", "074423.921000", "074428.921000", "074433.921000", "074438.921000", "074443.921000", "074448.921000", "074453.921000", "074458.921000", "074503.921000", "074508.921000", "074513.921000", "074518.921000", "074523.921000", "074528.921000", "074533.921000", "074538.921000", "074543.921000", "074548.921000", "074553.921000", "074556.109000"], "InstanceNumber": [1, 2, 3, 4, 5, 6, 7, 8, 9, 10, 11, 12, 13, 14, 15, 16, 17, 18, 19, 20, 21, 22, 23, 24, 25, 26, 27, 28, 29, 30, 31, 32, 33, 34, 35, 36, 37, 38, 39, 40, 41, 42, 43, 44, 45, 46, 47, 48, 49, 50, 51, 52, 53, 54, 55, 56, 57, 58, 59, 60, 61, 62, 63, 64], "LargestImagePixelValue": [65535, 22963, 24757, 26896, 21905, 21883, 22069, 21277, 23000, 22663, 20816, 21609, 23069, 22811, 24803, 23940, 65535, 21282, 20209, 23724, 24424, 26513, 25793, 21942, 21114, 22077, 23698, 24580, 23646, 22039, 23378, 23023, 65535, 11471, 12440, 15169, 9894, 9782, 11331, 11009, 13027, 11838, 11074, 10257, 12692, 12434, 13136, 13369, 65535, 11647, 10528, 12690, 12678, 13157, 14006, 11231, 10380, 10863, 11546, 14283, 13573, 11531, 12926, 12867], "SequenceName": ["ep_b5#1", "ep_b995#2", "ep_b995#3", "ep_b995#4", "ep_b995#5", "ep_b1000#6", "ep_b1000#7", "ep_b995#8", "ep_b995#9", "ep_b995#10", "ep_b1000#11", "ep_b1000#12", "ep_b1005#13", "ep_b1005#14", "ep_b1000#15", "ep_b1005#16", "ep_b5#17", "ep_b1005#18", "ep_b1000#19", "ep_b1005#20", "ep_b1005#21", "ep_b995#22", "ep_b1005#23", "ep_b1000#24", "ep_b1000#25", "ep_b1000#26", "ep_b995#27", "ep_b995#28", "ep_b995#29", "ep_b1000#30", "ep_b1005#31", "ep_b1000#32", "ep_b5#1", "ep_b1990#2", "ep_b1990#3", "ep_b1990#4", "ep_b1995#5", "ep_b1995#6", "ep_b2000#7", "ep_b1995#8", "ep_b1990#9", "ep_b1995#10", "ep_b2000#11", "ep_b2000#12", "ep_b2010#13", "ep_b2005#14", "ep_b2000#15", "ep_b2005#16", "ep_b5#17", "ep_b2005#18", "ep_b2005#19", "ep_b2005#20", "ep_b2010#21", "ep_b1990#22", "ep_b2010#23", "ep_b2000#24", "ep_b2000#25", "ep_b1995#26", "ep_b1995#27", "ep_b1995#28", "ep_b1995#29", "ep_b2000#30", "ep_b2005#31", "ep_b2000#32"], "WindowCenter": [8479.0, 3857.0, 3865.0, 3893.0, 3858.0, 3900.0, 3924.0, 3927.0, 3899.0, 3923.0, 3932.0, 3924.0, 3914.0, 3957.0, 3995.0, 3968.0, 8448.0, 3918.0, 3889.0, 3870.0, 3903.0, 3920.0, 3867.0, 3843.0, 3879.0, 3862.0, 3824.0, 3901.0, 3861.0, 3847.0, 3886.0, 3906.0, 8475.0, 2529.0, 2528.0, 2603.0, 2518.0, 2516.0, 2630.0, 2586.0, 2614.0, 2645.0, 2602.0, 2567.0, 2616.0, 2656.0, 2690.0, 2686.0, 8482.0, 2593.0, 2583.0, 2562.0, 2590.0, 2607.0, 2590.0, 2537.0, 2527.0, 2502.0, 2502.0, 2619.0, 2562.0, 2538.0, 2593.0, 2600.0], "WindowWidth": [18533.0, 8677.0, 8700.0, 8755.0, 8673.0, 8753.0, 8798.0, 8809.0, 8758.0, 8797.0, 8826.0, 8797.0, 8783.0, 8867.0, 8938.0, 8891.0, 18440.0, 8796.0, 8743.0, 8707.0, 8763.0, 8804.0, 8703.0, 8659.0, 8723.0, 8684.0, 8616.0, 8778.0, 8701.0, 8674.0, 8738.0, 8786.0, 18522.0, 6051.0, 6044.0, 6194.0, 6033.0, 6033.0, 6253.0, 6164.0, 6213.0, 6282.0, 6201.0, 6148.0, 6221.0, 6302.0, 6382.0, 6366.0, 18535.0, 6186.0, 6187.0, 6117.0, 6171.0, 6214.0, 6172.0, 6079.0, 6074.0, 6000.0, 5997.0, 6233.0, 6115.0, 6079.0, 6184.0, 6207.0]}, "slices": {}}}