{"AcquisitionMatrixPE": 96, "AcquisitionNumber": 1, "AcquisitionTime": "07:29:22.480000", "BandwidthPerPixelPhaseEncode": 33.602, "BaseResolution": 96, "BodyPartExamined": "BRAIN", "ConsistencyInfo": "N4_VD11D_LATEST_20110129", "ConversionSoftware": "dcm2niix", "ConversionSoftwareVersion": "v1.0.20210317", "DerivedVendorReportedEchoSpacing": 0.000620003, "DeviceSerialNumber": "45239", "DwellTime": 2.6e-06, "EchoTime": 0.03, "EchoTrainLength": 48, "EffectiveEchoSpacing": 0.000310001, "FlipAngle": 63, "ImageComments": "Unaliased MB4/PE3", "ImageOrientationPatientDICOM": [0.999999, -0.00127457, 0.00064104, 0.0014267, 0.893371, -0.449319], "ImageType": ["ORIGINAL", "PRIMARY", "M", "ND", "NORM", "MOSAIC"], "ImagingFrequency": 123.193, "InPlanePhaseEncodingDirectionDICOM": "COL", "InstitutionAddress": "E 24th St. 100,Austin,Southmiddle,US,78712", "InstitutionName": "Univ of Texas at Austin", "InstitutionalDepartmentName": "IRC", "MRAcquisitionType": "2D", "MagneticFieldStrength": 3, "Manufacturer": "Siemens", "ManufacturersModelName": "Skyra", "Modality": "MR", "MultibandAccelerationFactor": 4, "ParallelReductionFactorInPlane": 2, "PartialFourier": 1, "PatientPosition": "HFS", "PercentPhaseFOV": 100, "PercentSampling": 100, "PhaseEncodingDirection": "j-", "PhaseEncodingSteps": 96, "PhaseResolution": 1, "PixelBandwidth": 2005, "ProcedureStepDescription": "Poldrack2^self-scanning", "ProtocolName": "Resting State fMRI MBEPI_matrix96_BW2004", "PulseSequenceDetails": "%CustomerSeq%\\cmrr_mbep2d_bold", "ReceiveCoilActiveElements": "HEA;HEP", "ReceiveCoilName": "Head_32", "ReconMatrixPE": 96, "RefLinesPE": 94, "RepetitionTime": 1.16, "SAR": 0.097122, "ScanOptions": "FS", "ScanningSequence": "EP", "SequenceName": "epfid2d1_96", "SequenceVariant": "SK", "SeriesDescription": "Resting State fMRI MBEPI_matrix96_BW2004", "SeriesNumber": 6, "ShimSetting": [-2784, 8057, -15437, 136, -189, 191, 273, -105], "SliceThickness": 2, "SliceTiming": [0, 0.4975, 0.9975, 0.355, 0.855, 0.2125, 0.7125, 0.07, 0.57, 1.0675, 0.4275, 0.925, 0.285, 0.7825, 0.1425, 0.64, 0, 0.4975, 0.9975, 0.355, 0.855, 0.2125, 0.7125, 0.07, 0.57, 1.0675, 0.4275, 0.925, 0.285, 0.7825, 0.1425, 0.64, 0, 0.4975, 0.9975, 0.355, 0.855, 0.2125, 0.7125, 0.07, 0.57, 1.0675, 0.4275, 0.925, 0.285, 0.7825, 0.1425, 0.64, 0, 0.4975, 0.9975, 0.355, 0.855, 0.2125, 0.7125, 0.07, 0.57, 1.0675, 0.4275, 0.925, 0.285, 0.7825, 0.1425, 0.64], "SoftwareVersions": "syngo MR D11", "SpacingBetweenSlices": 2.4, "StationName": "AWP45239", "TaskName": "Resting fmri", "TotalReadoutTime": 0.0294501, "TxRefAmp": 335.074, "WipMemBlock": "27903b34-be0d-4c76-a2bc-c62b6fc145d4||Sequence: VD11D r206; Feb 13 2013 18:52:04 by eja", "dcmmeta_affine": [[-2.3958308696746826, 0.0034181352239102125, -9.334764072832513e-09, 119.65787506103516], [0.0030536684207618237, 2.140366792678833, -1.0783655643463135, -88.8027114868164], [0.0015358247328549623, 1.0764923095703125, 2.1440913677215576, -85.17127227783203], [0.0, 0.0, 0.0, 1.0]], "dcmmeta_reorient_transform": [[0.0, -1.0, 0.0, 95.0], [1.0, 0.0, 0.0, 0.0], [0.0, 0.0, 1.0, 0.0], [0.0, 0.0, 0.0, 1.0]], "dcmmeta_shape": [96, 96, 64, 518], "dcmmeta_slice_dim": 2, "dcmmeta_version": 0.6, "global": {"const": {"AcquisitionMatrix": [96, 0, 0, 96], "AngioFlag": "N", "BitsAllocated": 16, "BitsStored": 16, "BodyPartExamined": "BRAIN", "Columns": 768, "EchoNumbers": 1, "EchoTime": 30.0, "EchoTrainLength": 48, "FlipAngle": 63.0, "HighBit": 15, "ImageOrientationPatient": [0.9999989822631, -0.0012745746694, 0.00064103991241, 0.00142669995341, 0.89337048166305, -0.4493185362528], "ImagePositionPatient": [-926.13024541642, -832.66930542278, 378.28086442255], "ImageType": ["ORIGINAL", "PRIMARY", "M", "ND", "NORM", "MOSAIC"], "ImagedNucleus": "1H", "ImagingFrequency": 123.193169, "InPlanePhaseEncodingDirection": "COL", "MRAcquisitionType": "2D", "MagneticFieldStrength": 3.0, "Manufacturer": "SIEMENS", "ManufacturerModelName": "Skyra", "Modality": "MR", "NumberOfAverages": 1.0, "NumberOfPhaseEncodingSteps": 96, "PercentPhaseFieldOfView": 100.0, "PercentSampling": 100.0, "PerformedProcedureStepStartTime": "071825.968000", "PhotometricInterpretation": "MONOCHROME2", "PixelBandwidth": 2005.0, "PixelRepresentation": 0, "PixelSpacing": [2.3958332538605, 2.3958332538605], "ProtocolName": "Resting State fMRI MBEPI_matrix96_BW2004", "RepetitionTime": 1160.0, "Rows": 768, "SAR": 0.09712198259268, "SamplesPerPixel": 1, "ScanOptions": "FS", "ScanningSequence": "EP", "SequenceName": "epfid2d1_96", "SequenceVariant": "SK", "SeriesDescription": "Resting State fMRI MBEPI_matrix96_BW2004", "SeriesNumber": 6, "SeriesTime": "073001.687000", "SliceLocation": -36.188835869912, "SliceThickness": 2.0, "SmallestImagePixelValue": 0, "SoftwareVersions": "syngo MR D11", "SpacingBetweenSlices": 2.400000063089, "SpecificCharacterSet": "ISO_IR 100", "StudyID": "1", "StudyTime": "071825.859000", "TransmitCoilName": "Body", "VariableFlipAngleFlag": "N", "WindowCenterWidthExplanation": "Algo1", "dBdt": 0.0}, "slices": {}}, "time": {"samples": {"AcquisitionNumber": [1, 2, 3, 4, 5, 6, 7, 8, 9, 10, 11, 12, 13, 14, 15, 16, 17, 18, 19, 20, 21, 22, 23, 24, 25, 26, 27, 28, 29, 30, 31, 32, 33, 34, 35, 36, 37, 38, 39, 40, 41, 42, 43, 44, 45, 46, 47, 48, 49, 50, 51, 52, 53, 54, 55, 56, 57, 58, 59, 60, 61, 62, 63, 64, 65, 66, 67, 68, 69, 70, 71, 72, 73, 74, 75, 76, 77, 78, 79, 80, 81, 82, 83, 84, 85, 86, 87, 88, 89, 90, 91, 92, 93, 94, 95, 96, 97, 98, 99, 100, 101, 102, 103, 104, 105, 106, 107, 108, 109, 110, 111, 112, 113, 114, 115, 116, 117, 118, 119, 120, 121, 122, 123, 124, 125, 126, 127, 128, 129, 130, 131, 132, 133, 134, 135, 136, 137, 138, 139, 140, 141, 142, 143, 144, 145, 146, 147, 148, 149, 150, 151, 152, 153, 154, 155, 156, 157, 158, 159, 160, 161, 162, 163, 164, 165, 166, 167, 168, 169, 170, 171, 172, 173, 174, 175, 176, 177, 178, 179, 180, 181, 182, 183, 184, 185, 186, 187, 188, 189, 190, 191, 192, 193, 194, 195, 196, 197, 198, 199, 200, 201, 202, 203, 204, 205, 206, 207, 208, 209, 210, 211, 212, 213, 214, 215, 216, 217, 218, 219, 220, 221, 222, 223, 224, 225, 226, 227, 228, 229, 230, 231, 232, 233, 234, 235, 236, 237, 238, 239, 240, 241, 242, 243, 244, 245, 246, 247, 248, 249, 250, 251, 252, 253, 254, 255, 256, 257, 258, 259, 260, 261, 262, 263, 264, 265, 266, 267, 268, 269, 270, 271, 272, 273, 274, 275, 276, 277, 278, 279, 280, 281, 282, 283, 284, 285, 286, 287, 288, 289, 290, 291, 292, 293, 294, 295, 296, 297, 298, 299, 300, 301, 302, 303, 304, 305, 306, 307, 308, 309, 310, 311, 312, 313, 314, 315, 316, 317, 318, 319, 320, 321, 322, 323, 324, 325, 326, 327, 328, 329, 330, 331, 332, 333, 334, 335, 336, 337, 338, 339, 340, 341, 342, 343, 344, 345, 346, 347, 348, 349, 350, 351, 352, 353, 354, 355, 356, 357, 358, 359, 360, 361, 362, 363, 364, 365, 366, 367, 368, 369, 370, 371, 372, 373, 374, 375, 376, 377, 378, 379, 380, 381, 382, 383, 384, 385, 386, 387, 388, 389, 390, 391, 392, 393, 394, 395, 396, 397, 398, 399, 400, 401, 402, 403, 404, 405, 406, 407, 408, 409, 410, 411, 412, 413, 414, 415, 416, 417, 418, 419, 420, 421, 422, 423, 424, 425, 426, 427, 428, 429, 430, 431, 432, 433, 434, 435, 436, 437, 438, 439, 440, 441, 442, 443, 444, 445, 446, 447, 448, 449, 450, 451, 452, 453, 454, 455, 456, 457, 458, 459, 460, 461, 462, 463, 464, 465, 466, 467, 468, 469, 470, 471, 472, 473, 474, 475, 476, 477, 478, 479, 480, 481, 482, 483, 484, 485, 486, 487, 488, 489, 490, 491, 492, 493, 494, 495, 496, 497, 498, 499, 500, 501, 502, 503, 504, 505, 506, 507, 508, 509, 510, 511, 512, 513, 514, 515, 516, 517, 518], "AcquisitionTime": ["072922.480000", "072951.480000", "072952.640000", "072953.800000", "072954.960000", "072956.120000", "072957.280000", "072958.440000", "072959.600000", "073000.760000", "073001.920000", "073003.080000", "073004.240000", "073005.400000", "073006.560000", "073007.720000", "073008.880000", "073010.040000", "073011.200000", "073012.360000", "073013.520000", "073014.680000", "073015.840000", "073017.000000", "073018.160000", "073019.320000", "073020.480000", "073021.640000", "073022.800000", "073023.960000", "073025.120000", "073026.280000", "073027.440000", "073028.600000", "073029.760000", "073030.920000", "073032.080000", "073033.240000", "073034.400000", "073035.560000", "073036.720000", "073037.880000", "073039.040000", "073040.200000", "073041.360000", "073042.520000", "073043.680000", "073044.840000", "073046.000000", "073047.160000", "073048.320000", "073049.480000", "073050.640000", "073051.800000", "073052.960000", "073054.120000", "073055.280000", "073056.440000", "073057.600000", "073058.760000", "073059.920000", "073101.080000", "073102.240000", "073103.400000", "073104.560000", "073105.720000", "073106.880000", "073108.040000", "073109.200000", "073110.360000", "073111.520000", "073112.680000", "073113.840000", "073115.000000", "073116.160000", "073117.320000", "073118.480000", "073119.640000", "073120.800000", "073121.960000", "073123.120000", "073124.280000", "073125.440000", "073126.600000", "073127.760000", "073128.920000", "073130.080000", "073131.240000", "073132.400000", "073133.560000", "073134.720000", "073135.880000", "073137.040000", "073138.200000", "073139.360000", "073140.520000", "073141.680000", "073142.840000", "073144.000000", "073145.160000", "073146.320000", "073147.480000", "073148.640000", "073149.800000", "073150.960000", "073152.120000", "073153.280000", "073154.440000", "073155.600000", "073156.760000", "073157.920000", "073159.080000", "073200.240000", "073201.400000", "073202.560000", "073203.720000", "073204.880000", "073206.040000", "073207.200000", "073208.360000", "073209.520000", "073210.680000", "073211.840000", "073213.000000", "073214.160000", "073215.320000", "073216.480000", "073217.640000", "073218.800000", "073219.960000", "073221.120000", "073222.280000", "073223.440000", "073224.600000", "073225.760000", "073226.920000", "073228.080000", "073229.240000", "073230.400000", "073231.560000", "073232.720000", "073233.880000", "073235.040000", "073236.200000", "073237.360000", "073238.520000", "073239.680000", "073240.840000", "073242.000000", "073243.160000", "073244.320000", "073245.480000", "073246.640000", "073247.800000", "073248.960000", "073250.120000", "073251.280000", "073252.440000", "073253.600000", "073254.760000", "073255.920000", "073257.082500", "073258.242500", "073259.402500", "073300.562500", "073301.722500", "073302.882500", "073304.042500", "073305.202500", "073306.362500", "073307.522500", "073308.682500", "073309.842500", "073311.002500", "073312.162500", "073313.322500", "073314.482500", "073315.642500", "073316.802500", "073317.962500", "073319.122500", "073320.282500", "073321.442500", "073322.602500", "073323.762500", "073324.922500", "073326.082500", "073327.242500", "073328.402500", "073329.562500", "073330.722500", "073331.882500", "073333.042500", "073334.202500", "073335.362500", "073336.522500", "073337.682500", "073338.842500", "073340.002500", "073341.162500", "073342.322500", "073343.482500", "073344.642500", "073345.802500", "073346.962500", "073348.122500", "073349.282500", "073350.442500", "073351.602500", "073352.762500", "073353.922500", "073355.082500", "073356.242500", "073357.402500", "073358.562500", "073359.722500", "073400.882500", "073402.042500", "073403.202500", "073404.362500", "073405.522500", "073406.682500", "073407.842500", "073409.002500", "073410.162500", "073411.322500", "073412.482500", "073413.642500", "073414.802500", "073415.962500", "073417.122500", "073418.282500", "073419.442500", "073420.602500", "073421.762500", "073422.922500", "073424.082500", "073425.242500", "073426.402500", "073427.562500", "073428.722500", "073429.882500", "073431.042500", "073432.202500", "073433.362500", "073434.522500", "073435.682500", "073436.842500", "073438.002500", "073439.162500", "073440.322500", "073441.482500", "073442.642500", "073443.802500", "073444.962500", "073446.122500", "073447.282500", "073448.442500", "073449.602500", "073450.762500", "073451.922500", "073453.082500", "073454.242500", "073455.402500", "073456.562500", "073457.722500", "073458.882500", "073500.042500", "073501.202500", "073502.362500", "073503.522500", "073504.682500", "073505.842500", "073507.002500", "073508.162500", "073509.322500", "073510.482500", "073511.642500", "073512.802500", "073513.962500", "073515.122500", "073516.282500", "073517.442500", "073518.602500", "073519.762500", "073520.922500", "073522.082500", "073523.242500", "073524.402500", "073525.562500", "073526.722500", "073527.882500", "073529.042500", "073530.202500", "073531.362500", "073532.522500", "073533.682500", "073534.842500", "073536.002500", "073537.162500", "073538.322500", "073539.482500", "073540.642500", "073541.802500", "073542.962500", "073544.122500", "073545.282500", "073546.442500", "073547.602500", "073548.762500", "073549.922500", "073551.082500", "073552.242500", "073553.402500", "073554.562500", "073555.722500", "073556.882500", "073558.042500", "073559.202500", "073600.362500", "073601.522500", "073602.682500", "073603.842500", "073605.002500", "073606.162500", "073607.322500", "073608.482500", "073609.642500", "073610.802500", "073611.962500", "073613.122500", "073614.282500", "073615.442500", "073616.602500", "073617.762500", "073618.922500", "073620.082500", "073621.242500", "073622.402500", "073623.562500", "073624.722500", "073625.882500", "073627.042500", "073628.202500", "073629.362500", "073630.522500", "073631.682500", "073632.842500", "073634.002500", "073635.162500", "073636.322500", "073637.482500", "073638.642500", "073639.802500", "073640.962500", "073642.122500", "073643.282500", "073644.442500", "073645.602500", "073646.762500", "073647.922500", "073649.082500", "073650.242500", "073651.402500", "073652.562500", "073653.722500", "073654.882500", "073656.042500", "073657.202500", "073658.362500", "073659.522500", "073700.682500", "073701.842500", "073703.002500", "073704.162500", "073705.322500", "073706.482500", "073707.642500", "073708.802500", "073709.962500", "073711.122500", "073712.282500", "073713.442500", "073714.602500", "073715.762500", "073716.922500", "073718.082500", "073719.242500", "073720.402500", "073721.562500", "073722.722500", "073723.882500", "073725.042500", "073726.202500", "073727.362500", "073728.522500", "073729.682500", "073730.842500", "073732.002500", "073733.162500", "073734.322500", "073735.482500", "073736.642500", "073737.802500", "073738.962500", "073740.122500", "073741.282500", "073742.442500", "073743.602500", "073744.762500", "073745.922500", "073747.085000", "073748.245000", "073749.405000", "073750.565000", "073751.725000", "073752.885000", "073754.045000", "073755.205000", "073756.365000", "073757.525000", "073758.685000", "073759.845000", "073801.005000", "073802.165000", "073803.325000", "073804.485000", "073805.645000", "073806.805000", "073807.965000", "073809.125000", "073810.285000", "073811.445000", "073812.605000", "073813.765000", "073814.925000", "073816.085000", "073817.245000", "073818.405000", "073819.565000", "073820.725000", "073821.885000", "073823.045000", "073824.205000", "073825.365000", "073826.525000", "073827.685000", "073828.845000", "073830.005000", "073831.165000", "073832.325000", "073833.485000", "073834.645000", "073835.805000", "073836.965000", "073838.125000", "073839.285000", "073840.445000", "073841.605000", "073842.765000", "073843.925000", "073845.085000", "073846.245000", "073847.405000", "073848.565000", "073849.725000", "073850.885000", "073852.045000", "073853.205000", "073854.365000", "073855.525000", "073856.685000", "073857.845000", "073859.005000", "073900.165000", "073901.325000", "073902.485000", "073903.645000", "073904.805000", "073905.965000", "073907.125000", "073908.285000", "073909.445000", "073910.605000", "073911.765000", "073912.925000", "073914.085000", "073915.245000", "073916.405000", "073917.565000", "073918.725000", "073919.885000", "073921.045000", "073922.205000", "073923.365000", "073924.525000", "073925.685000", "073926.845000", "073928.005000", "073929.165000", "073930.325000", "073931.485000", "073932.645000", "073933.805000", "073934.965000", "073936.125000", "073937.285000", "073938.445000", "073939.605000", "073940.765000", "073941.925000", "073943.085000", "073944.245000", "073945.405000", "073946.565000", "073947.725000", "073948.885000", "073950.045000"], "ContentTime": ["073001.687000", "073009.687000", "073009.703000", "073009.703000", "073009.703000", "073009.703000", "073009.718000", "073014.687000", "073014.703000", "073014.703000", "073014.703000", "073014.703000", "073019.687000", "073019.687000", "073019.703000", "073024.687000", "073024.703000", "073024.703000", "073024.703000", "073029.687000", "073029.687000", "073029.687000", "073029.703000", "073034.687000", "073034.703000", "073034.703000", "073034.703000", "073039.687000", "073039.687000", "073039.687000", "073039.703000", "073044.687000", "073044.703000", "073044.703000", "073049.687000", "073049.687000", "073049.703000", "073049.703000", "073054.687000", "073054.687000", "073054.703000", "073054.703000", "073059.687000", "073059.687000", "073059.687000", "073104.687000", "073104.703000", "073104.703000", "073104.703000", "073109.687000", "073109.687000", "073109.687000", "073109.703000", "073114.687000", "073114.687000", "073114.687000", "073119.687000", "073119.687000", "073119.687000", "073119.703000", "073124.687000", "073124.687000", "073124.687000", "073124.703000", "073129.687000", "073129.687000", "073129.703000", "073134.687000", "073134.687000", "073134.687000", "073139.687000", "073139.687000", "073139.703000", "073139.703000", "073144.687000", "073144.687000", "073144.687000", "073149.687000", "073149.703000", "073149.703000", "073149.703000", "073154.687000", "073154.703000", "073154.703000", "073154.703000", "073159.687000", "073159.687000", "073159.687000", "073204.687000", "073204.687000", "073204.687000", "073204.703000", "073209.687000", "073209.687000", "073209.687000", "073209.703000", "073214.687000", "073214.703000", "073214.718000", "073219.687000", "073219.687000", "073219.687000", "073219.703000", "073224.687000", "073224.703000", "073224.703000", "073229.687000", "073229.687000", "073229.703000", "073229.703000", "073234.687000", "073234.687000", "073234.687000", "073239.687000", "073239.687000", "073239.687000", "073239.703000", "073239.703000", "073244.687000", "073244.687000", "073244.687000", "073249.687000", "073249.703000", "073249.703000", "073249.703000", "073254.687000", "073254.703000", "073254.703000", "073254.703000", "073259.687000", "073259.687000", "073259.687000", "073259.703000", "073304.687000", "073304.703000", "073304.703000", "073304.703000", "073309.687000", "073309.687000", "073309.687000", "073314.687000", "073314.687000", "073314.687000", "073314.703000", "073319.687000", "073319.703000", "073319.703000", "073319.718000", "073324.687000", "073324.703000", "073324.703000", "073324.703000", "073329.687000", "073329.687000", "073329.687000", "073329.703000", "073334.687000", "073334.687000", "073334.687000", "073334.703000", "073339.687000", "073339.687000", "073339.703000", "073344.687000", "073344.687000", "073344.687000", "073344.703000", "073349.687000", "073349.687000", "073349.687000", "073349.703000", "073354.687000", "073354.687000", "073354.687000", "073354.703000", "073359.687000", "073359.703000", "073359.703000", "073404.687000", "073404.687000", "073404.703000", "073404.703000", "073409.687000", "073409.687000", "073409.687000", "073414.687000", "073414.703000", "073414.734000", "073414.734000", "073419.687000", "073419.703000", "073419.703000", "073419.703000", "073424.687000", "073424.703000", "073424.703000", "073424.703000", "073429.687000", "073429.718000", "073429.734000", "073429.734000", "073434.687000", "073434.687000", "073434.687000", "073434.703000", "073439.687000", "073439.687000", "073439.687000", "073444.687000", "073444.687000", "073444.687000", "073444.703000", "073449.687000", "073449.687000", "073449.687000", "073449.703000", "073454.687000", "073454.687000", "073454.687000", "073454.703000", "073459.687000", "073459.687000", "073459.687000", "073459.703000", "073504.687000", "073504.687000", "073504.687000", "073504.703000", "073509.687000", "073509.687000", "073509.734000", "073514.687000", "073514.734000", "073514.734000", "073514.734000", "073519.687000", "073519.687000", "073519.687000", "073519.703000", "073524.687000", "073524.687000", "073524.687000", "073524.734000", "073529.687000", "073529.687000", "073529.687000", "073529.703000", "073534.687000", "073534.687000", "073534.687000", "073534.703000", "073539.687000", "073539.687000", "073539.687000", "073539.703000", "073544.687000", "073544.703000", "073544.703000", "073549.687000", "073549.687000", "073549.703000", "073549.703000", "073554.687000", "073554.687000", "073554.687000", "073554.703000", "073559.687000", "073559.703000", "073559.703000", "073559.703000", "073604.687000", "073604.687000", "073604.687000", "073609.687000", "073609.703000", "073609.703000", "073609.703000", "073614.687000", "073614.687000", "073614.687000", "073614.703000", "073619.687000", "073619.687000", "073619.703000", "073624.687000", "073624.687000", "073624.703000", "073629.687000", "073629.687000", "073629.703000", "073629.703000", "073634.687000", "073634.687000", "073634.687000", "073634.703000", "073639.703000", "073639.703000", "073639.718000", "073639.718000", "073644.687000", "073644.687000", "073644.687000", "073644.703000", "073649.687000", "073649.687000", "073649.687000", "073654.687000", "073654.687000", "073654.687000", "073654.703000", "073659.687000", "073659.687000", "073659.687000", "073704.687000", "073704.687000", "073704.687000", "073704.703000", "073709.687000", "073709.687000", "073709.703000", "073714.687000", "073714.687000", "073714.687000", "073714.703000", "073719.687000", "073719.703000", "073719.703000", "073719.703000", "073724.687000", "073724.687000", "073724.687000", "073724.703000", "073729.687000", "073729.687000", "073729.687000", "073729.703000", "073734.687000", "073734.687000", "073734.687000", "073739.687000", "073739.687000", "073739.687000", "073739.703000", "073744.687000", "073744.703000", "073744.703000", "073749.687000", "073749.687000", "073749.687000", "073749.703000", "073754.687000", "073754.687000", "073754.687000", "073754.703000", "073759.687000", "073759.687000", "073759.687000", "073759.703000", "073804.687000", "073804.687000", "073804.687000", "073804.703000", "073809.687000", "073809.687000", "073809.687000", "073809.703000", "073814.687000", "073814.687000", "073814.687000", "073819.687000", "073819.687000", "073819.687000", "073819.703000", "073824.687000", "073824.687000", "073824.687000", "073824.703000", "073829.687000", "073829.687000", "073829.703000", "073834.687000", "073834.687000", "073834.687000", "073834.703000", "073839.687000", "073839.687000", "073839.687000", "073839.703000", "073844.687000", "073844.687000", "073844.703000", "073849.687000", "073849.687000", "073849.687000", "073849.703000", "073849.703000", "073854.687000", "073854.718000", "073854.734000", "073859.687000", "073859.687000", "073859.703000", "073859.703000", "073904.687000", "073904.687000", "073904.703000", "073909.687000", "073909.687000", "073909.687000", "073909.703000", "073909.703000", "073914.687000", "073914.687000", "073914.687000", "073919.687000", "073919.687000", "073919.687000", "073919.703000", "073924.687000", "073924.703000", "073924.703000", "073924.703000", "073929.687000", "073929.703000", "073929.703000", "073929.703000", "073934.687000", "073934.687000", "073934.687000", "073939.687000", "073939.687000", "073939.687000", "073939.703000", "073944.687000", "073944.687000", "073944.687000", "073944.703000", "073949.687000", "073949.687000", "073949.703000", "073954.687000", "073954.703000", "073954.703000", "073954.703000", "073954.703000", "073959.687000", "073959.687000", "073959.687000", "073959.703000", "074004.687000", "074004.687000", "074004.687000", "074004.703000", "074009.687000", "074009.687000", "074009.687000", "074009.703000", "074014.687000", "074014.687000", "074014.687000", "074014.734000", "074019.687000", "074019.687000", "074019.687000", "074019.703000", "074024.687000", "074024.687000", "074024.687000", "074024.703000", "074029.687000", "074029.703000", "074029.703000", "074029.703000", "074034.687000", "074034.687000", "074034.687000", "074034.703000", "074039.687000", "074039.687000", "074039.687000", "074039.703000", "074044.687000", "074044.703000", "074044.703000", "074049.687000", "074049.687000", "074049.687000", "074049.703000", "074054.687000", "074054.703000", "074054.703000", "074054.703000", "074059.687000", "074059.703000", "074059.703000", "074104.687000", "074104.703000", "074104.703000", "074104.703000", "074109.687000", "074109.718000", "074109.734000", "074109.734000", "074114.687000", "074114.703000", "074114.703000", "074114.703000", "074119.687000", "074119.703000", "074119.703000", "074119.718000", "074124.687000", "074124.687000", "074124.687000", "074124.703000", "074124.703000", "074127.187000", "074127.187000"], "InstanceCreationTime": ["073001.687000", "073009.687000", "073009.703000", "073009.703000", "073009.703000", "073009.703000", "073009.718000", "073014.687000", "073014.703000", "073014.703000", "073014.703000", "073014.703000", "073019.687000", "073019.687000", "073019.703000", "073024.687000", "073024.703000", "073024.703000", "073024.703000", "073029.687000", "073029.687000", "073029.687000", "073029.703000", "073034.687000", "073034.703000", "073034.703000", "073034.703000", "073039.687000", "073039.687000", "073039.687000", "073039.703000", "073044.687000", "073044.703000", "073044.703000", "073049.687000", "073049.687000", "073049.703000", "073049.703000", "073054.687000", "073054.687000", "073054.703000", "073054.703000", "073059.687000", "073059.687000", "073059.687000", "073104.687000", "073104.703000", "073104.703000", "073104.703000", "073109.687000", "073109.687000", "073109.687000", "073109.703000", "073114.687000", "073114.687000", "073114.687000", "073119.687000", "073119.687000", "073119.687000", "073119.703000", "073124.687000", "073124.687000", "073124.687000", "073124.703000", "073129.687000", "073129.687000", "073129.703000", "073134.687000", "073134.687000", "073134.687000", "073139.687000", "073139.687000", "073139.703000", "073139.703000", "073144.687000", "073144.687000", "073144.687000", "073149.687000", "073149.703000", "073149.703000", "073149.703000", "073154.687000", "073154.703000", "073154.703000", "073154.703000", "073159.687000", "073159.687000", "073159.687000", "073204.687000", "073204.687000", "073204.687000", "073204.703000", "073209.687000", "073209.687000", "073209.687000", "073209.703000", "073214.687000", "073214.703000", "073214.718000", "073219.687000", "073219.687000", "073219.687000", "073219.703000", "073224.687000", "073224.703000", "073224.703000", "073229.687000", "073229.687000", "073229.703000", "073229.703000", "073234.687000", "073234.687000", "073234.687000", "073239.687000", "073239.687000", "073239.687000", "073239.703000", "073239.703000", "073244.687000", "073244.687000", "073244.687000", "073249.687000", "073249.703000", "073249.703000", "073249.703000", "073254.687000", "073254.703000", "073254.703000", "073254.703000", "073259.687000", "073259.687000", "073259.687000", "073259.703000", "073304.687000", "073304.703000", "073304.703000", "073304.703000", "073309.687000", "073309.687000", "073309.687000", "073314.687000", "073314.687000", "073314.687000", "073314.703000", "073319.687000", "073319.703000", "073319.703000", "073319.718000", "073324.687000", "073324.703000", "073324.703000", "073324.703000", "073329.687000", "073329.687000", "073329.687000", "073329.703000", "073334.687000", "073334.687000", "073334.687000", "073334.703000", "073339.687000", "073339.687000", "073339.703000", "073344.687000", "073344.687000", "073344.687000", "073344.703000", "073349.687000", "073349.687000", "073349.687000", "073349.703000", "073354.687000", "073354.687000", "073354.687000", "073354.703000", "073359.687000", "073359.703000", "073359.703000", "073404.687000", "073404.687000", "073404.703000", "073404.703000", "073409.687000", "073409.687000", "073409.687000", "073414.687000", "073414.703000", "073414.734000", "073414.734000", "073419.687000", "073419.703000", "073419.703000", "073419.703000", "073424.687000", "073424.703000", "073424.703000", "073424.703000", "073429.687000", "073429.718000", "073429.734000", "073429.734000", "073434.687000", "073434.687000", "073434.687000", "073434.703000", "073439.687000", "073439.687000", "073439.687000", "073444.687000", "073444.687000", "073444.687000", "073444.703000", "073449.687000", "073449.687000", "073449.687000", "073449.703000", "073454.687000", "073454.687000", "073454.687000", "073454.703000", "073459.687000", "073459.687000", "073459.687000", "073459.703000", "073504.687000", "073504.687000", "073504.687000", "073504.703000", "073509.687000", "073509.687000", "073509.734000", "073514.687000", "073514.734000", "073514.734000", "073514.734000", "073519.687000", "073519.687000", "073519.687000", "073519.703000", "073524.687000", "073524.687000", "073524.687000", "073524.734000", "073529.687000", "073529.687000", "073529.687000", "073529.703000", "073534.687000", "073534.687000", "073534.687000", "073534.703000", "073539.687000", "073539.687000", "073539.687000", "073539.703000", "073544.687000", "073544.703000", "073544.703000", "073549.687000", "073549.687000", "073549.703000", "073549.703000", "073554.687000", "073554.687000", "073554.687000", "073554.703000", "073559.687000", "073559.703000", "073559.703000", "073559.703000", "073604.687000", "073604.687000", "073604.687000", "073609.687000", "073609.703000", "073609.703000", "073609.703000", "073614.687000", "073614.687000", "073614.687000", "073614.703000", "073619.687000", "073619.687000", "073619.703000", "073624.687000", "073624.687000", "073624.703000", "073629.687000", "073629.687000", "073629.703000", "073629.703000", "073634.687000", "073634.687000", "073634.687000", "073634.703000", "073639.703000", "073639.703000", "073639.718000", "073639.718000", "073644.687000", "073644.687000", "073644.687000", "073644.703000", "073649.687000", "073649.687000", "073649.687000", "073654.687000", "073654.687000", "073654.687000", "073654.703000", "073659.687000", "073659.687000", "073659.687000", "073704.687000", "073704.687000", "073704.687000", "073704.703000", "073709.687000", "073709.687000", "073709.703000", "073714.687000", "073714.687000", "073714.687000", "073714.703000", "073719.687000", "073719.703000", "073719.703000", "073719.703000", "073724.687000", "073724.687000", "073724.687000", "073724.703000", "073729.687000", "073729.687000", "073729.687000", "073729.703000", "073734.687000", "073734.687000", "073734.687000", "073739.687000", "073739.687000", "073739.687000", "073739.703000", "073744.687000", "073744.703000", "073744.703000", "073749.687000", "073749.687000", "073749.687000", "073749.703000", "073754.687000", "073754.687000", "073754.687000", "073754.703000", "073759.687000", "073759.687000", "073759.687000", "073759.703000", "073804.687000", "073804.687000", "073804.687000", "073804.703000", "073809.687000", "073809.687000", "073809.687000", "073809.703000", "073814.687000", "073814.687000", "073814.687000", "073819.687000", "073819.687000", "073819.687000", "073819.703000", "073824.687000", "073824.687000", "073824.687000", "073824.703000", "073829.687000", "073829.687000", "073829.703000", "073834.687000", "073834.687000", "073834.687000", "073834.703000", "073839.687000", "073839.687000", "073839.687000", "073839.703000", "073844.687000", "073844.687000", "073844.703000", "073849.687000", "073849.687000", "073849.687000", "073849.703000", "073849.703000", "073854.687000", "073854.718000", "073854.734000", "073859.687000", "073859.687000", "073859.703000", "073859.703000", "073904.687000", "073904.687000", "073904.703000", "073909.687000", "073909.687000", "073909.687000", "073909.703000", "073909.703000", "073914.687000", "073914.687000", "073914.687000", "073919.687000", "073919.687000", "073919.687000", "073919.703000", "073924.687000", "073924.703000", "073924.703000", "073924.703000", "073929.687000", "073929.703000", "073929.703000", "073929.703000", "073934.687000", "073934.687000", "073934.687000", "073939.687000", "073939.687000", "073939.687000", "073939.703000", "073944.687000", "073944.687000", "073944.687000", "073944.703000", "073949.687000", "073949.687000", "073949.703000", "073954.687000", "073954.703000", "073954.703000", "073954.703000", "073954.703000", "073959.687000", "073959.687000", "073959.687000", "073959.703000", "074004.687000", "074004.687000", "074004.687000", "074004.703000", "074009.687000", "074009.687000", "074009.687000", "074009.703000", "074014.687000", "074014.687000", "074014.687000", "074014.734000", "074019.687000", "074019.687000", "074019.687000", "074019.703000", "074024.687000", "074024.687000", "074024.687000", "074024.703000", "074029.687000", "074029.703000", "074029.703000", "074029.703000", "074034.687000", "074034.687000", "074034.687000", "074034.703000", "074039.687000", "074039.687000", "074039.687000", "074039.703000", "074044.687000", "074044.703000", "074044.703000", "074049.687000", "074049.687000", "074049.687000", "074049.703000", "074054.687000", "074054.703000", "074054.703000", "074054.703000", "074059.687000", "074059.703000", "074059.703000", "074104.687000", "074104.703000", "074104.703000", "074104.703000", "074109.687000", "074109.718000", "074109.734000", "074109.734000", "074114.687000", "074114.703000", "074114.703000", "074114.703000", "074119.687000", "074119.703000", "074119.703000", "074119.718000", "074124.687000", "074124.687000", "074124.687000", "074124.703000", "074124.703000", "074127.187000", "074127.187000"], "InstanceNumber": [1, 2, 3, 4, 5, 6, 7, 8, 9, 10, 11, 12, 13, 14, 15, 16, 17, 18, 19, 20, 21, 22, 23, 24, 25, 26, 27, 28, 29, 30, 31, 32, 33, 34, 35, 36, 37, 38, 39, 40, 41, 42, 43, 44, 45, 46, 47, 48, 49, 50, 51, 52, 53, 54, 55, 56, 57, 58, 59, 60, 61, 62, 63, 64, 65, 66, 67, 68, 69, 70, 71, 72, 73, 74, 75, 76, 77, 78, 79, 80, 81, 82, 83, 84, 85, 86, 87, 88, 89, 90, 91, 92, 93, 94, 95, 96, 97, 98, 99, 100, 101, 102, 103, 104, 105, 106, 107, 108, 109, 110, 111, 112, 113, 114, 115, 116, 117, 118, 119, 120, 121, 122, 123, 124, 125, 126, 127, 128, 129, 130, 131, 132, 133, 134, 135, 136, 137, 138, 139, 140, 141, 142, 143, 144, 145, 146, 147, 148, 149, 150, 151, 152, 153, 154, 155, 156, 157, 158, 159, 160, 161, 162, 163, 164, 165, 166, 167, 168, 169, 170, 171, 172, 173, 174, 175, 176, 177, 178, 179, 180, 181, 182, 183, 184, 185, 186, 187, 188, 189, 190, 191, 192, 193, 194, 195, 196, 197, 198, 199, 200, 201, 202, 203, 204, 205, 206, 207, 208, 209, 210, 211, 212, 213, 214, 215, 216, 217, 218, 219, 220, 221, 222, 223, 224, 225, 226, 227, 228, 229, 230, 231, 232, 233, 234, 235, 236, 237, 238, 239, 240, 241, 242, 243, 244, 245, 246, 247, 248, 249, 250, 251, 252, 253, 254, 255, 256, 257, 258, 259, 260, 261, 262, 263, 264, 265, 266, 267, 268, 269, 270, 271, 272, 273, 274, 275, 276, 277, 278, 279, 280, 281, 282, 283, 284, 285, 286, 287, 288, 289, 290, 291, 292, 293, 294, 295, 296, 297, 298, 299, 300, 301, 302, 303, 304, 305, 306, 307, 308, 309, 310, 311, 312, 313, 314, 315, 316, 317, 318, 319, 320, 321, 322, 323, 324, 325, 326, 327, 328, 329, 330, 331, 332, 333, 334, 335, 336, 337, 338, 339, 340, 341, 342, 343, 344, 345, 346, 347, 348, 349, 350, 351, 352, 353, 354, 355, 356, 357, 358, 359, 360, 361, 362, 363, 364, 365, 366, 367, 368, 369, 370, 371, 372, 373, 374, 375, 376, 377, 378, 379, 380, 381, 382, 383, 384, 385, 386, 387, 388, 389, 390, 391, 392, 393, 394, 395, 396, 397, 398, 399, 400, 401, 402, 403, 404, 405, 406, 407, 408, 409, 410, 411, 412, 413, 414, 415, 416, 417, 418, 419, 420, 421, 422, 423, 424, 425, 426, 427, 428, 429, 430, 431, 432, 433, 434, 435, 436, 437, 438, 439, 440, 441, 442, 443, 444, 445, 446, 447, 448, 449, 450, 451, 452, 453, 454, 455, 456, 457, 458, 459, 460, 461, 462, 463, 464, 465, 466, 467, 468, 469, 470, 471, 472, 473, 474, 475, 476, 477, 478, 479, 480, 481, 482, 483, 484, 485, 486, 487, 488, 489, 490, 491, 492, 493, 494, 495, 496, 497, 498, 499, 500, 501, 502, 503, 504, 505, 506, 507, 508, 509, 510, 511, 512, 513, 514, 515, 516, 517, 518], "LargestImagePixelValue": [28914, 26384, 26071, 29836, 26081, 28405, 26335, 25828, 26036, 26022, 29019, 26356, 26255, 26202, 28629, 26283, 25771, 25969, 25944, 25910, 26086, 26235, 25847, 27698, 26065, 26024, 27428, 26333, 25981, 26032, 26079, 26844, 27058, 25910, 29099, 26063, 27486, 29125, 25796, 26018, 25705, 28701, 27303, 27694, 28108, 25892, 28677, 25792, 25945, 26512, 29434, 26064, 25911, 28901, 26024, 28590, 25871, 27404, 26003, 27880, 28842, 25920, 28062, 28190, 29244, 26049, 25902, 26016, 28568, 25899, 26010, 26753, 28891, 26499, 28630, 29195, 29940, 25834, 26954, 26037, 29108, 28221, 25854, 29633, 27757, 25864, 28008, 29186, 25771, 25640, 28276, 25905, 29380, 25674, 25962, 27329, 28725, 25976, 25963, 26240, 28956, 25888, 26958, 25959, 27143, 26544, 26597, 25854, 26592, 28536, 26088, 25677, 27571, 30548, 25943, 25911, 29473, 26162, 25719, 28951, 26313, 25830, 25765, 25930, 28708, 29011, 25805, 27778, 25960, 27994, 27560, 25996, 25785, 25864, 28033, 25682, 26048, 25772, 28825, 26241, 26057, 28335, 28821, 26180, 25771, 27190, 28013, 25857, 27246, 26597, 27703, 28551, 25740, 26915, 26393, 26117, 28314, 25657, 27239, 25822, 28001, 26811, 26381, 25823, 27578, 27377, 25785, 27683, 25818, 29549, 27282, 25867, 27309, 26141, 28818, 25945, 26041, 25950, 26880, 25912, 25988, 25862, 25802, 28328, 27629, 29600, 26971, 26162, 25816, 26346, 25776, 27301, 25746, 26019, 26052, 28207, 26531, 25733, 28018, 26291, 30748, 25685, 26493, 28182, 26750, 27615, 26014, 26161, 25881, 27262, 28179, 29241, 25776, 25686, 26814, 25871, 27557, 25929, 25727, 27833, 25776, 28861, 29290, 26005, 25934, 28248, 27615, 27822, 25877, 25762, 27826, 25962, 31094, 25650, 26901, 25821, 27544, 30145, 25708, 26358, 27322, 25709, 27114, 26899, 25640, 28142, 25600, 27925, 28708, 27599, 26718, 28294, 28631, 28264, 27711, 25933, 25789, 27302, 28384, 28301, 26420, 26262, 25831, 28727, 25666, 25784, 27714, 25846, 28522, 27562, 25795, 25697, 26663, 26511, 28178, 26010, 27762, 27323, 27765, 30389, 26167, 28934, 28040, 28228, 29452, 28728, 25968, 25579, 28357, 25415, 28722, 25649, 28792, 30583, 28325, 25749, 27772, 27051, 25804, 26128, 29252, 27650, 25613, 29071, 25773, 26109, 25738, 25500, 29002, 25430, 25894, 25810, 25460, 25679, 25695, 25884, 29743, 26894, 25958, 29126, 28958, 27258, 25678, 25736, 28589, 26742, 25939, 31473, 27672, 25811, 28492, 25920, 27571, 28258, 25741, 27139, 27879, 28474, 27872, 27562, 25647, 28507, 25565, 26176, 26269, 27072, 26726, 25564, 25910, 28433, 27700, 25637, 27896, 28045, 28730, 26228, 25868, 30608, 25609, 27811, 29971, 25500, 25637, 26611, 28433, 25853, 25671, 25816, 25750, 27617, 30213, 25680, 28909, 27912, 26833, 25440, 25943, 25767, 27002, 26140, 25823, 27620, 28077, 27360, 29673, 26517, 27019, 26874, 27370, 29627, 26170, 25453, 27711, 28550, 29468, 25865, 25760, 25844, 25930, 29365, 25557, 26483, 26442, 27856, 28131, 25847, 28725, 25730, 25910, 31335, 25689, 29375, 27414, 28079, 29309, 29922, 27278, 27317, 26917, 28240, 28457, 25720, 25645, 28334, 25906, 30145, 25674, 27849, 25624, 28669, 27906, 25595, 27964, 25595, 27429, 25888, 29493, 26218, 25905, 27810, 25682, 26382, 26442, 25665, 25637, 25575, 25572, 30080, 25794, 28103, 25669, 29031, 25724, 28036, 27255, 27683, 26008, 27995, 28559, 27846, 27964, 29722, 25601, 30437, 25642, 31739, 25501, 30185, 25657, 28643, 28420, 28922, 25736, 27615, 27921, 26281, 25655, 25566, 27726, 26174, 25762, 27590, 25763, 27522, 26566, 25705, 28439, 29732, 25719, 27942, 27240, 28012, 25576, 27782, 28737, 27566, 25723, 27994, 29973, 25639, 27104, 29050, 25710, 27956, 26858, 28034, 30174, 26510, 25677, 27935, 28522, 28764, 25702, 25711, 27654, 27536, 25717, 25687], "WindowCenter": [10128.0, 10107.0, 10097.0, 10107.0, 10100.0, 10089.0, 10066.0, 10071.0, 10075.0, 10044.0, 10077.0, 10047.0, 10086.0, 10077.0, 10100.0, 10066.0, 10069.0, 10061.0, 10070.0, 10070.0, 10074.0, 10088.0, 10092.0, 10090.0, 10076.0, 10084.0, 10086.0, 10071.0, 10092.0, 10091.0, 10089.0, 10087.0, 10089.0, 10070.0, 10100.0, 10087.0, 10104.0, 10102.0, 10087.0, 10081.0, 10093.0, 10095.0, 10098.0, 10100.0, 10107.0, 10110.0, 10117.0, 10074.0, 10088.0, 10097.0, 10101.0, 10074.0, 10063.0, 10064.0, 10075.0, 10103.0, 10062.0, 10091.0, 10085.0, 10075.0, 10088.0, 10091.0, 10094.0, 10087.0, 10093.0, 10075.0, 10077.0, 10080.0, 10090.0, 10096.0, 10091.0, 10100.0, 10106.0, 10099.0, 10100.0, 10090.0, 10092.0, 10060.0, 10074.0, 10065.0, 10081.0, 10079.0, 10073.0, 10094.0, 10066.0, 10059.0, 10065.0, 10063.0, 10066.0, 10040.0, 10059.0, 10045.0, 10070.0, 10060.0, 10060.0, 10071.0, 10072.0, 10061.0, 10072.0, 10088.0, 10088.0, 10088.0, 10098.0, 10079.0, 10101.0, 10062.0, 10090.0, 10099.0, 10096.0, 10118.0, 10091.0, 10099.0, 10088.0, 10102.0, 10071.0, 10078.0, 10091.0, 10054.0, 10069.0, 10068.0, 10042.0, 10069.0, 10082.0, 10079.0, 10084.0, 10066.0, 10048.0, 10060.0, 10058.0, 10067.0, 10053.0, 10061.0, 10065.0, 10101.0, 10091.0, 10076.0, 10094.0, 10094.0, 10097.0, 10098.0, 10080.0, 10101.0, 10103.0, 10081.0, 10087.0, 10078.0, 10073.0, 10080.0, 10079.0, 10073.0, 10087.0, 10069.0, 10051.0, 10055.0, 10067.0, 10074.0, 10075.0, 10070.0, 10095.0, 10085.0, 10078.0, 10086.0, 10081.0, 10093.0, 10095.0, 10094.0, 10070.0, 10077.0, 10066.0, 10072.0, 10056.0, 10042.0, 10032.0, 10029.0, 10046.0, 10055.0, 10056.0, 10056.0, 10066.0, 10056.0, 10083.0, 10073.0, 10080.0, 10103.0, 10078.0, 10068.0, 10093.0, 10059.0, 10069.0, 10042.0, 10064.0, 10079.0, 10087.0, 10086.0, 10086.0, 10089.0, 10065.0, 10065.0, 10080.0, 10066.0, 10075.0, 10054.0, 10063.0, 10056.0, 10053.0, 10056.0, 10039.0, 10044.0, 10050.0, 10031.0, 10032.0, 10029.0, 10034.0, 10034.0, 10046.0, 10041.0, 10085.0, 10059.0, 10070.0, 10092.0, 10064.0, 10059.0, 10068.0, 10049.0, 10057.0, 10073.0, 10070.0, 10068.0, 10038.0, 10048.0, 10074.0, 10072.0, 10086.0, 10068.0, 10064.0, 10064.0, 10070.0, 10081.0, 10070.0, 10070.0, 10079.0, 10068.0, 10069.0, 10075.0, 10086.0, 10083.0, 10082.0, 10097.0, 10077.0, 10093.0, 10094.0, 10073.0, 10081.0, 10055.0, 10046.0, 10042.0, 10051.0, 10048.0, 10054.0, 10036.0, 10043.0, 10044.0, 10049.0, 10064.0, 10039.0, 10043.0, 10047.0, 10045.0, 10057.0, 10062.0, 10059.0, 10062.0, 10057.0, 10049.0, 10086.0, 10085.0, 10099.0, 10092.0, 10120.0, 10113.0, 10109.0, 10103.0, 10098.0, 10099.0, 10079.0, 10072.0, 10064.0, 10066.0, 10063.0, 10048.0, 10049.0, 10025.0, 10044.0, 10045.0, 10035.0, 10028.0, 10041.0, 10036.0, 10043.0, 10052.0, 10060.0, 10049.0, 10052.0, 10038.0, 10035.0, 10039.0, 10019.0, 10044.0, 10054.0, 10046.0, 10030.0, 10044.0, 10071.0, 10060.0, 10083.0, 10071.0, 10094.0, 10100.0, 10097.0, 10105.0, 10113.0, 10079.0, 10076.0, 10066.0, 10068.0, 10066.0, 10061.0, 10075.0, 10072.0, 10065.0, 10072.0, 10040.0, 10063.0, 10047.0, 10057.0, 10077.0, 10055.0, 10067.0, 10066.0, 10060.0, 10058.0, 10063.0, 10058.0, 10069.0, 10076.0, 10063.0, 10086.0, 10096.0, 10080.0, 10099.0, 10081.0, 10062.0, 10077.0, 10063.0, 10066.0, 10066.0, 10059.0, 10091.0, 10054.0, 10062.0, 10063.0, 10032.0, 10034.0, 10043.0, 10052.0, 10040.0, 10052.0, 10076.0, 10061.0, 10087.0, 10081.0, 10065.0, 10065.0, 10056.0, 10056.0, 10043.0, 10071.0, 10072.0, 10076.0, 10079.0, 10053.0, 10076.0, 10060.0, 10056.0, 10047.0, 10041.0, 10030.0, 10013.0, 10020.0, 10044.0, 10010.0, 10024.0, 10041.0, 10040.0, 10052.0, 10024.0, 10027.0, 10043.0, 10053.0, 10071.0, 10082.0, 10070.0, 10067.0, 10081.0, 10066.0, 10070.0, 10049.0, 10053.0, 10078.0, 10100.0, 10090.0, 10109.0, 10082.0, 10080.0, 10074.0, 10065.0, 10034.0, 10047.0, 10043.0, 10038.0, 10021.0, 10017.0, 10017.0, 10031.0, 10024.0, 10028.0, 10005.0, 10037.0, 10014.0, 10025.0, 10034.0, 10022.0, 10033.0, 10043.0, 10037.0, 10022.0, 10048.0, 10035.0, 10041.0, 10031.0, 10027.0, 10030.0, 10048.0, 10044.0, 10043.0, 10055.0, 10060.0, 10087.0, 10069.0, 10062.0, 10047.0, 10056.0, 10055.0, 10068.0, 10063.0, 10090.0, 10062.0, 10096.0, 10101.0, 10084.0, 10089.0, 10084.0, 10072.0, 10071.0, 10050.0, 10075.0, 10040.0, 10060.0, 10026.0, 10034.0, 10038.0, 10033.0, 10032.0, 10038.0, 10048.0, 10020.0, 10024.0, 10030.0, 10071.0, 10059.0, 10073.0, 10055.0, 10055.0, 10061.0, 10070.0, 10068.0, 10052.0, 10075.0, 10053.0, 10061.0, 10058.0, 10093.0, 10077.0, 10072.0, 10074.0, 10056.0, 10042.0, 10061.0, 10050.0, 10025.0, 10039.0, 10045.0, 10039.0, 10030.0, 10026.0, 10034.0, 10037.0, 10011.0, 10013.0, 10006.0, 10018.0, 10019.0, 10022.0, 10020.0, 10029.0, 10024.0, 10032.0, 10035.0], "WindowWidth": [21480.0, 21435.0, 21411.0, 21427.0, 21413.0, 21393.0, 21343.0, 21346.0, 21351.0, 21291.0, 21350.0, 21300.0, 21378.0, 21359.0, 21402.0, 21338.0, 21339.0, 21323.0, 21338.0, 21341.0, 21360.0, 21384.0, 21390.0, 21389.0, 21359.0, 21370.0, 21380.0, 21354.0, 21392.0, 21395.0, 21390.0, 21394.0, 21389.0, 21350.0, 21410.0, 21386.0, 21418.0, 21419.0, 21388.0, 21373.0, 21397.0, 21400.0, 21412.0, 21414.0, 21428.0, 21437.0, 21450.0, 21364.0, 21391.0, 21407.0, 21410.0, 21358.0, 21336.0, 21337.0, 21361.0, 21410.0, 21334.0, 21390.0, 21378.0, 21363.0, 21387.0, 21400.0, 21400.0, 21387.0, 21398.0, 21359.0, 21361.0, 21375.0, 21392.0, 21405.0, 21398.0, 21414.0, 21422.0, 21409.0, 21407.0, 21387.0, 21390.0, 21330.0, 21353.0, 21339.0, 21365.0, 21361.0, 21353.0, 21391.0, 21334.0, 21322.0, 21331.0, 21327.0, 21328.0, 21281.0, 21313.0, 21292.0, 21343.0, 21323.0, 21324.0, 21345.0, 21347.0, 21327.0, 21356.0, 21395.0, 21390.0, 21387.0, 21406.0, 21368.0, 21420.0, 21340.0, 21391.0, 21411.0, 21406.0, 21451.0, 21395.0, 21404.0, 21391.0, 21414.0, 21359.0, 21364.0, 21385.0, 21318.0, 21339.0, 21343.0, 21290.0, 21338.0, 21364.0, 21357.0, 21371.0, 21338.0, 21299.0, 21317.0, 21313.0, 21337.0, 21309.0, 21323.0, 21335.0, 21415.0, 21393.0, 21361.0, 21393.0, 21393.0, 21402.0, 21407.0, 21371.0, 21408.0, 21413.0, 21367.0, 21378.0, 21362.0, 21353.0, 21365.0, 21363.0, 21350.0, 21379.0, 21341.0, 21307.0, 21316.0, 21335.0, 21358.0, 21362.0, 21347.0, 21397.0, 21378.0, 21369.0, 21389.0, 21374.0, 21395.0, 21401.0, 21396.0, 21346.0, 21355.0, 21333.0, 21342.0, 21309.0, 21278.0, 21265.0, 21257.0, 21290.0, 21306.0, 21307.0, 21315.0, 21335.0, 21315.0, 21372.0, 21358.0, 21371.0, 21414.0, 21361.0, 21340.0, 21386.0, 21317.0, 21340.0, 21286.0, 21333.0, 21369.0, 21389.0, 21390.0, 21382.0, 21387.0, 21340.0, 21335.0, 21363.0, 21335.0, 21354.0, 21311.0, 21322.0, 21306.0, 21298.0, 21308.0, 21272.0, 21283.0, 21290.0, 21255.0, 21253.0, 21253.0, 21257.0, 21259.0, 21287.0, 21279.0, 21370.0, 21323.0, 21344.0, 21385.0, 21331.0, 21318.0, 21332.0, 21294.0, 21314.0, 21344.0, 21342.0, 21338.0, 21279.0, 21294.0, 21346.0, 21349.0, 21373.0, 21338.0, 21330.0, 21328.0, 21343.0, 21364.0, 21342.0, 21343.0, 21358.0, 21346.0, 21349.0, 21359.0, 21381.0, 21380.0, 21372.0, 21399.0, 21369.0, 21394.0, 21394.0, 21352.0, 21360.0, 21306.0, 21286.0, 21278.0, 21292.0, 21289.0, 21299.0, 21265.0, 21284.0, 21286.0, 21295.0, 21323.0, 21274.0, 21279.0, 21288.0, 21289.0, 21310.0, 21324.0, 21320.0, 21325.0, 21316.0, 21303.0, 21382.0, 21382.0, 21411.0, 21403.0, 21455.0, 21444.0, 21435.0, 21422.0, 21412.0, 21405.0, 21363.0, 21348.0, 21331.0, 21328.0, 21326.0, 21295.0, 21292.0, 21241.0, 21280.0, 21278.0, 21256.0, 21242.0, 21267.0, 21259.0, 21280.0, 21299.0, 21308.0, 21289.0, 21292.0, 21266.0, 21267.0, 21266.0, 21234.0, 21279.0, 21298.0, 21288.0, 21256.0, 21283.0, 21339.0, 21324.0, 21373.0, 21342.0, 21386.0, 21401.0, 21398.0, 21414.0, 21433.0, 21364.0, 21356.0, 21336.0, 21338.0, 21331.0, 21321.0, 21346.0, 21343.0, 21328.0, 21338.0, 21277.0, 21321.0, 21289.0, 21309.0, 21345.0, 21306.0, 21332.0, 21325.0, 21313.0, 21307.0, 21322.0, 21316.0, 21339.0, 21352.0, 21336.0, 21381.0, 21404.0, 21370.0, 21402.0, 21364.0, 21322.0, 21347.0, 21322.0, 21326.0, 21326.0, 21314.0, 21370.0, 21300.0, 21319.0, 21313.0, 21251.0, 21256.0, 21276.0, 21299.0, 21274.0, 21302.0, 21348.0, 21320.0, 21375.0, 21359.0, 21324.0, 21325.0, 21308.0, 21306.0, 21288.0, 21344.0, 21347.0, 21356.0, 21359.0, 21307.0, 21346.0, 21318.0, 21306.0, 21286.0, 21273.0, 21250.0, 21217.0, 21235.0, 21282.0, 21214.0, 21234.0, 21266.0, 21261.0, 21290.0, 21239.0, 21247.0, 21275.0, 21299.0, 21339.0, 21372.0, 21348.0, 21338.0, 21368.0, 21335.0, 21347.0, 21301.0, 21306.0, 21360.0, 21410.0, 21391.0, 21425.0, 21370.0, 21360.0, 21344.0, 21330.0, 21263.0, 21286.0, 21278.0, 21265.0, 21229.0, 21216.0, 21218.0, 21245.0, 21232.0, 21237.0, 21192.0, 21253.0, 21211.0, 21234.0, 21256.0, 21232.0, 21254.0, 21275.0, 21264.0, 21235.0, 21288.0, 21263.0, 21271.0, 21255.0, 21245.0, 21249.0, 21282.0, 21286.0, 21282.0, 21306.0, 21317.0, 21366.0, 21337.0, 21321.0, 21289.0, 21307.0, 21308.0, 21337.0, 21328.0, 21371.0, 21328.0, 21399.0, 21411.0, 21375.0, 21382.0, 21366.0, 21340.0, 21342.0, 21297.0, 21340.0, 21269.0, 21306.0, 21240.0, 21255.0, 21269.0, 21252.0, 21251.0, 21261.0, 21278.0, 21228.0, 21241.0, 21250.0, 21331.0, 21318.0, 21343.0, 21315.0, 21314.0, 21318.0, 21330.0, 21325.0, 21297.0, 21343.0, 21297.0, 21315.0, 21318.0, 21388.0, 21360.0, 21354.0, 21348.0, 21308.0, 21279.0, 21312.0, 21288.0, 21243.0, 21266.0, 21275.0, 21263.0, 21246.0, 21233.0, 21248.0, 21255.0, 21204.0, 21205.0, 21193.0, 21211.0, 21216.0, 21222.0, 21227.0, 21243.0, 21234.0, 21250.0, 21258.0]}, "slices": {}}}