{"AcquisitionMatrixPE": 96, "AcquisitionNumber": 1, "AcquisitionTime": "07:42:20.127500", "BandwidthPerPixelPhaseEncode": 33.602, "BaseResolution": 96, "BodyPartExamined": "BRAIN", "ConsistencyInfo": "N4_VD11D_LATEST_20110129", "ConversionSoftware": "dcm2niix", "ConversionSoftwareVersion": "v1.0.20210317", "DerivedVendorReportedEchoSpacing": 0.000620003, "DeviceSerialNumber": "45239", "DwellTime": 2.6e-06, "EchoTime": 0.03, "EchoTrainLength": 48, "EffectiveEchoSpacing": 0.000310001, "FlipAngle": 63, "ImageComments": "Unaliased MB4/PE3", "ImageOrientationPatientDICOM": [0.999999, -0.00127457, 0.00064104, 0.0014267, 0.893371, -0.449319], "ImageType": ["ORIGINAL", "PRIMARY", "M", "ND", "NORM", "MOSAIC"], "ImagingFrequency": 123.193, "InPlanePhaseEncodingDirectionDICOM": "COL", "InstitutionAddress": "E 24th St. 100,Austin,Southmiddle,US,78712", "InstitutionName": "Univ of Texas at Austin", "InstitutionalDepartmentName": "IRC", "MRAcquisitionType": "2D", "MagneticFieldStrength": 3, "Manufacturer": "Siemens", "ManufacturersModelName": "Skyra", "Modality": "MR", "MultibandAccelerationFactor": 4, "ParallelReductionFactorInPlane": 2, "PartialFourier": 1, "PatientPosition": "HFS", "PercentPhaseFOV": 100, "PercentSampling": 100, "PhaseEncodingDirection": "j-", "PhaseEncodingSteps": 96, "PhaseResolution": 1, "PixelBandwidth": 2005, "ProcedureStepDescription": "Poldrack2^self-scanning", "ProtocolName": "Breath_Hold", "PulseSequenceDetails": "%CustomerSeq%\\cmrr_mbep2d_bold", "ReceiveCoilActiveElements": "HEA;HEP", "ReceiveCoilName": "Head_32", "ReconMatrixPE": 96, "RefLinesPE": 94, "RepetitionTime": 1.16, "SAR": 0.0956681, "ScanOptions": "FS", "ScanningSequence": "EP", "SequenceName": "epfid2d1_96", "SequenceVariant": "SK", "SeriesDescription": "Breath_Hold", "SeriesNumber": 10, "ShimSetting": [-2784, 8057, -15437, 136, -189, 191, 273, -105], "SliceThickness": 2, "SliceTiming": [0, 0.5, 0.9975, 0.3575, 0.855, 0.215, 0.7125, 0.0725, 0.57, 1.07, 0.4275, 0.9275, 0.285, 0.785, 0.1425, 0.6425, 0, 0.5, 0.9975, 0.3575, 0.855, 0.215, 0.7125, 0.0725, 0.57, 1.07, 0.4275, 0.9275, 0.285, 0.785, 0.1425, 0.6425, 0, 0.5, 0.9975, 0.3575, 0.855, 0.215, 0.7125, 0.0725, 0.57, 1.07, 0.4275, 0.9275, 0.285, 0.785, 0.1425, 0.6425, 0, 0.5, 0.9975, 0.3575, 0.855, 0.215, 0.7125, 0.0725, 0.57, 1.07, 0.4275, 0.9275, 0.285, 0.785, 0.1425, 0.6425], "SoftwareVersions": "syngo MR D11", "SpacingBetweenSlices": 2.4, "StationName": "AWP45239", "TaskName": "Breath holding task", "TotalReadoutTime": 0.0294501, "TxRefAmp": 335.074, "WipMemBlock": "4b2d9e97-b315-4292-8de7-7de44d6aa3f3||Sequence: VD11D r206; Feb 13 2013 18:52:04 by eja", "dcmmeta_affine": [[-2.3958308696746826, 0.0034181352239102125, -9.334764072832513e-09, 119.65787506103516], [0.0030536684207618237, 2.140366792678833, -1.0783655643463135, -88.8027114868164], [0.0015358247328549623, 1.0764923095703125, 2.1440913677215576, -85.17127227783203], [0.0, 0.0, 0.0, 1.0]], "dcmmeta_reorient_transform": [[0.0, -1.0, 0.0, 95.0], [1.0, 0.0, 0.0, 0.0], [0.0, 0.0, 1.0, 0.0], [0.0, 0.0, 0.0, 1.0]], "dcmmeta_shape": [96, 96, 64, 318], "dcmmeta_slice_dim": 2, "dcmmeta_version": 0.6, "global": {"const": {"AcquisitionMatrix": [96, 0, 0, 96], "AngioFlag": "N", "BitsAllocated": 16, "BitsStored": 16, "BodyPartExamined": "BRAIN", "Columns": 768, "EchoNumbers": 1, "EchoTime": 30.0, "EchoTrainLength": 48, "FlipAngle": 63.0, "HighBit": 15, "ImageOrientationPatient": [0.9999989822631, -0.0012745746694, 0.00064103991241, 0.00142669995341, 0.89337048166305, -0.4493185362528], "ImagePositionPatient": [-926.13024541642, -832.66930542278, 378.28086442255], "ImageType": ["ORIGINAL", "PRIMARY", "M", "ND", "NORM", "MOSAIC"], "ImagedNucleus": "1H", "ImagingFrequency": 123.193213, "InPlanePhaseEncodingDirection": "COL", "MRAcquisitionType": "2D", "MagneticFieldStrength": 3.0, "Manufacturer": "SIEMENS", "ManufacturerModelName": "Skyra", "Modality": "MR", "NumberOfAverages": 1.0, "NumberOfPhaseEncodingSteps": 96, "PercentPhaseFieldOfView": 100.0, "PercentSampling": 100.0, "PerformedProcedureStepStartTime": "071825.968000", "PhotometricInterpretation": "MONOCHROME2", "PixelBandwidth": 2005.0, "PixelRepresentation": 0, "PixelSpacing": [2.3958332538605, 2.3958332538605], "ProtocolName": "Breath_Hold", "RepetitionTime": 1160.0, "Rows": 768, "SAR": 0.09566814217858, "SamplesPerPixel": 1, "ScanOptions": "FS", "ScanningSequence": "EP", "SequenceName": "epfid2d1_96", "SequenceVariant": "SK", "SeriesDescription": "Breath_Hold", "SeriesNumber": 10, "SeriesTime": "074259.734000", "SliceLocation": -36.188835869912, "SliceThickness": 2.0, "SmallestImagePixelValue": 0, "SoftwareVersions": "syngo MR D11", "SpacingBetweenSlices": 2.400000063089, "SpecificCharacterSet": "ISO_IR 100", "StudyID": "1", "StudyTime": "071825.859000", "TransmitCoilName": "Body", "VariableFlipAngleFlag": "N", "WindowCenterWidthExplanation": "Algo1", "dBdt": 0.0}, "slices": {}}, "time": {"samples": {"AcquisitionNumber": [1, 2, 3, 4, 5, 6, 7, 8, 9, 10, 11, 12, 13, 14, 15, 16, 17, 18, 19, 20, 21, 22, 23, 24, 25, 26, 27, 28, 29, 30, 31, 32, 33, 34, 35, 36, 37, 38, 39, 40, 41, 42, 43, 44, 45, 46, 47, 48, 49, 50, 51, 52, 53, 54, 55, 56, 57, 58, 59, 60, 61, 62, 63, 64, 65, 66, 67, 68, 69, 70, 71, 72, 73, 74, 75, 76, 77, 78, 79, 80, 81, 82, 83, 84, 85, 86, 87, 88, 89, 90, 91, 92, 93, 94, 95, 96, 97, 98, 99, 100, 101, 102, 103, 104, 105, 106, 107, 108, 109, 110, 111, 112, 113, 114, 115, 116, 117, 118, 119, 120, 121, 122, 123, 124, 125, 126, 127, 128, 129, 130, 131, 132, 133, 134, 135, 136, 137, 138, 139, 140, 141, 142, 143, 144, 145, 146, 147, 148, 149, 150, 151, 152, 153, 154, 155, 156, 157, 158, 159, 160, 161, 162, 163, 164, 165, 166, 167, 168, 169, 170, 171, 172, 173, 174, 175, 176, 177, 178, 179, 180, 181, 182, 183, 184, 185, 186, 187, 188, 189, 190, 191, 192, 193, 194, 195, 196, 197, 198, 199, 200, 201, 202, 203, 204, 205, 206, 207, 208, 209, 210, 211, 212, 213, 214, 215, 216, 217, 218, 219, 220, 221, 222, 223, 224, 225, 226, 227, 228, 229, 230, 231, 232, 233, 234, 235, 236, 237, 238, 239, 240, 241, 242, 243, 244, 245, 246, 247, 248, 249, 250, 251, 252, 253, 254, 255, 256, 257, 258, 259, 260, 261, 262, 263, 264, 265, 266, 267, 268, 269, 270, 271, 272, 273, 274, 275, 276, 277, 278, 279, 280, 281, 282, 283, 284, 285, 286, 287, 288, 289, 290, 291, 292, 293, 294, 295, 296, 297, 298, 299, 300, 301, 302, 303, 304, 305, 306, 307, 308, 309, 310, 311, 312, 313, 314, 315, 316, 317, 318], "AcquisitionTime": ["074220.127500", "074249.127500", "074250.287500", "074251.447500", "074252.607500", "074253.767500", "074254.927500", "074256.087500", "074257.247500", "074258.407500", "074259.567500", "074300.727500", "074301.887500", "074303.047500", "074304.207500", "074305.367500", "074306.527500", "074307.687500", "074308.847500", "074310.007500", "074311.167500", "074312.327500", "074313.487500", "074314.647500", "074315.807500", "074316.967500", "074318.127500", "074319.287500", "074320.447500", "074321.607500", "074322.767500", "074323.927500", "074325.087500", "074326.247500", "074327.407500", "074328.567500", "074329.727500", "074330.887500", "074332.047500", "074333.207500", "074334.367500", "074335.527500", "074336.687500", "074337.847500", "074339.007500", "074340.167500", "074341.327500", "074342.487500", "074343.647500", "074344.807500", "074345.967500", "074347.127500", "074348.287500", "074349.447500", "074350.607500", "074351.767500", "074352.927500", "074354.087500", "074355.247500", "074356.407500", "074357.567500", "074358.727500", "074359.887500", "074401.047500", "074402.207500", "074403.367500", "074404.527500", "074405.687500", "074406.847500", "074408.007500", "074409.167500", "074410.327500", "074411.487500", "074412.647500", "074413.807500", "074414.970000", "074416.130000", "074417.290000", "074418.450000", "074419.610000", "074420.770000", "074421.930000", "074423.090000", "074424.250000", "074425.410000", "074426.570000", "074427.730000", "074428.890000", "074430.050000", "074431.210000", "074432.370000", "074433.530000", "074434.690000", "074435.850000", "074437.010000", "074438.170000", "074439.330000", "074440.490000", "074441.650000", "074442.810000", "074443.970000", "074445.130000", "074446.290000", "074447.450000", "074448.610000", "074449.770000", "074450.930000", "074452.090000", "074453.250000", "074454.410000", "074455.570000", "074456.730000", "074457.890000", "074459.050000", "074500.210000", "074501.370000", "074502.530000", "074503.690000", "074504.850000", "074506.010000", "074507.170000", "074508.330000", "074509.490000", "074510.650000", "074511.810000", "074512.970000", "074514.130000", "074515.290000", "074516.450000", "074517.610000", "074518.770000", "074519.930000", "074521.090000", "074522.250000", "074523.410000", "074524.570000", "074525.730000", "074526.890000", "074528.050000", "074529.210000", "074530.370000", "074531.530000", "074532.690000", "074533.850000", "074535.010000", "074536.170000", "074537.330000", "074538.490000", "074539.650000", "074540.810000", "074541.970000", "074543.130000", "074544.290000", "074545.450000", "074546.610000", "074547.770000", "074548.930000", "074550.090000", "074551.250000", "074552.410000", "074553.570000", "074554.730000", "074555.890000", "074557.050000", "074558.210000", "074559.370000", "074600.530000", "074601.690000", "074602.850000", "074604.010000", "074605.170000", "074606.330000", "074607.490000", "074608.650000", "074609.810000", "074610.970000", "074612.130000", "074613.290000", "074614.450000", "074615.610000", "074616.770000", "074617.930000", "074619.090000", "074620.250000", "074621.410000", "074622.570000", "074623.730000", "074624.890000", "074626.050000", "074627.210000", "074628.370000", "074629.530000", "074630.690000", "074631.850000", "074633.010000", "074634.170000", "074635.330000", "074636.490000", "074637.650000", "074638.810000", "074639.970000", "074641.130000", "074642.290000", "074643.450000", "074644.610000", "074645.770000", "074646.930000", "074648.090000", "074649.250000", "074650.410000", "074651.570000", "074652.730000", "074653.890000", "074655.050000", "074656.210000", "074657.370000", "074658.530000", "074659.690000", "074700.850000", "074702.010000", "074703.170000", "074704.330000", "074705.490000", "074706.650000", "074707.810000", "074708.970000", "074710.130000", "074711.290000", "074712.450000", "074713.610000", "074714.770000", "074715.930000", "074717.090000", "074718.250000", "074719.410000", "074720.570000", "074721.730000", "074722.890000", "074724.050000", "074725.210000", "074726.370000", "074727.530000", "074728.690000", "074729.850000", "074731.010000", "074732.170000", "074733.330000", "074734.490000", "074735.650000", "074736.810000", "074737.970000", "074739.130000", "074740.290000", "074741.450000", "074742.610000", "074743.770000", "074744.930000", "074746.090000", "074747.250000", "074748.410000", "074749.570000", "074750.730000", "074751.890000", "074753.050000", "074754.210000", "074755.370000", "074756.530000", "074757.690000", "074758.850000", "074800.010000", "074801.170000", "074802.330000", "074803.490000", "074804.650000", "074805.810000", "074806.970000", "074808.130000", "074809.290000", "074810.450000", "074811.610000", "074812.770000", "074813.930000", "074815.090000", "074816.250000", "074817.410000", "074818.570000", "074819.730000", "074820.890000", "074822.050000", "074823.210000", "074824.370000", "074825.530000", "074826.690000", "074827.850000", "074829.010000", "074830.170000", "074831.330000", "074832.490000", "074833.650000", "074834.810000", "074835.970000", "074837.130000", "074838.290000", "074839.450000", "074840.610000", "074841.770000", "074842.930000", "074844.090000", "074845.250000", "074846.410000", "074847.570000", "074848.730000", "074849.890000", "074851.050000", "074852.210000", "074853.370000", "074854.530000", "074855.690000"], "ContentTime": ["074259.734000", "074304.546000", "074304.546000", "074304.546000", "074304.562000", "074309.546000", "074309.546000", "074309.562000", "074309.562000", "074314.546000", "074314.546000", "074314.546000", "074314.562000", "074319.546000", "074319.562000", "074319.562000", "074324.546000", "074324.546000", "074324.546000", "074324.562000", "074324.562000", "074329.546000", "074329.562000", "074329.562000", "074334.546000", "074334.546000", "074334.546000", "074339.546000", "074339.562000", "074339.578000", "074339.578000", "074344.546000", "074344.546000", "074344.562000", "074344.562000", "074349.546000", "074349.546000", "074349.546000", "074354.546000", "074354.546000", "074354.562000", "074354.562000", "074354.562000", "074359.546000", "074359.546000", "074359.546000", "074404.546000", "074404.546000", "074404.546000", "074404.562000", "074409.546000", "074409.546000", "074409.546000", "074409.562000", "074414.546000", "074414.546000", "074414.546000", "074414.562000", "074419.546000", "074419.546000", "074419.562000", "074424.546000", "074424.546000", "074424.546000", "074424.578000", "074429.546000", "074429.546000", "074429.546000", "074429.562000", "074434.546000", "074434.562000", "074434.562000", "074439.546000", "074439.546000", "074439.562000", "074439.562000", "074444.546000", "074444.546000", "074444.546000", "074444.562000", "074449.546000", "074449.546000", "074449.546000", "074454.546000", "074454.546000", "074454.546000", "074454.562000", "074454.562000", "074459.546000", "074459.546000", "074459.546000", "074504.546000", "074504.562000", "074504.562000", "074504.562000", "074509.546000", "074509.546000", "074509.546000", "074514.546000", "074514.546000", "074514.546000", "074514.562000", "074519.546000", "074519.546000", "074519.578000", "074524.546000", "074524.546000", "074524.546000", "074524.562000", "074529.546000", "074529.546000", "074529.546000", "074529.562000", "074534.546000", "074534.562000", "074534.562000", "074539.546000", "074539.546000", "074539.562000", "074539.562000", "074544.546000", "074544.546000", "074544.562000", "074544.562000", "074549.546000", "074549.546000", "074549.562000", "074549.562000", "074554.546000", "074554.546000", "074554.546000", "074554.562000", "074559.546000", "074559.546000", "074559.546000", "074604.546000", "074604.562000", "074604.562000", "074604.562000", "074609.546000", "074609.546000", "074609.562000", "074609.562000", "074614.546000", "074614.562000", "074614.562000", "074614.562000", "074619.546000", "074619.562000", "074619.562000", "074619.562000", "074624.546000", "074624.546000", "074624.546000", "074629.546000", "074629.546000", "074629.546000", "074629.562000", "074634.546000", "074634.546000", "074634.546000", "074634.562000", "074639.546000", "074639.546000", "074639.546000", "074644.546000", "074644.546000", "074644.562000", "074644.562000", "074649.546000", "074649.546000", "074649.562000", "074649.562000", "074654.546000", "074654.546000", "074654.562000", "074654.562000", "074659.546000", "074659.562000", "074659.578000", "074659.578000", "074704.546000", "074704.546000", "074704.562000", "074704.562000", "074709.546000", "074709.546000", "074709.562000", "074709.562000", "074714.546000", "074714.546000", "074714.546000", "074714.562000", "074719.546000", "074719.546000", "074719.546000", "074719.562000", "074724.546000", "074724.546000", "074724.546000", "074729.546000", "074729.546000", "074729.546000", "074729.562000", "074734.546000", "074734.562000", "074734.562000", "074734.562000", "074739.546000", "074739.546000", "074739.546000", "074739.562000", "074744.546000", "074744.546000", "074744.546000", "074749.546000", "074749.546000", "074749.546000", "074749.562000", "074754.546000", "074754.546000", "074754.562000", "074759.546000", "074759.546000", "074759.562000", "074759.562000", "074804.546000", "074804.546000", "074804.546000", "074804.562000", "074809.546000", "074809.562000", "074809.562000", "074814.546000", "074814.546000", "074814.562000", "074814.562000", "074819.546000", "074819.546000", "074819.562000", "074819.562000", "074824.546000", "074824.546000", "074824.546000", "074829.546000", "074829.562000", "074829.562000", "074829.562000", "074834.546000", "074834.546000", "074834.546000", "074834.562000", "074839.546000", "074839.546000", "074839.562000", "074839.562000", "074844.546000", "074844.546000", "074844.546000", "074849.546000", "074849.546000", "074849.546000", "074849.562000", "074854.546000", "074854.546000", "074854.546000", "074854.562000", "074859.546000", "074859.546000", "074859.578000", "074904.546000", "074904.546000", "074904.546000", "074904.562000", "074909.546000", "074909.546000", "074909.546000", "074909.562000", "074914.546000", "074914.546000", "074914.546000", "074914.562000", "074919.546000", "074919.546000", "074919.546000", "074919.562000", "074924.546000", "074924.546000", "074924.562000", "074924.562000", "074929.546000", "074929.546000", "074929.546000", "074929.593000", "074934.546000", "074934.546000", "074934.546000", "074934.562000", "074939.546000", "074939.546000", "074939.546000", "074939.593000", "074944.546000", "074944.546000", "074944.546000", "074944.562000", "074949.546000", "074949.546000", "074949.546000", "074949.593000", "074954.546000", "074954.562000", "074954.562000", "074954.562000", "074958.421000", "074958.421000", "074958.421000", "074958.437000"], "InstanceCreationTime": ["074259.734000", "074304.546000", "074304.546000", "074304.546000", "074304.562000", "074309.546000", "074309.546000", "074309.562000", "074309.562000", "074314.546000", "074314.546000", "074314.546000", "074314.562000", "074319.546000", "074319.562000", "074319.562000", "074324.546000", "074324.546000", "074324.546000", "074324.562000", "074324.562000", "074329.546000", "074329.562000", "074329.562000", "074334.546000", "074334.546000", "074334.546000", "074339.546000", "074339.562000", "074339.578000", "074339.578000", "074344.546000", "074344.546000", "074344.562000", "074344.562000", "074349.546000", "074349.546000", "074349.546000", "074354.546000", "074354.546000", "074354.562000", "074354.562000", "074354.562000", "074359.546000", "074359.546000", "074359.546000", "074404.546000", "074404.546000", "074404.546000", "074404.562000", "074409.546000", "074409.546000", "074409.546000", "074409.562000", "074414.546000", "074414.546000", "074414.546000", "074414.562000", "074419.546000", "074419.546000", "074419.562000", "074424.546000", "074424.546000", "074424.546000", "074424.578000", "074429.546000", "074429.546000", "074429.546000", "074429.562000", "074434.546000", "074434.562000", "074434.562000", "074439.546000", "074439.546000", "074439.562000", "074439.562000", "074444.546000", "074444.546000", "074444.546000", "074444.562000", "074449.546000", "074449.546000", "074449.546000", "074454.546000", "074454.546000", "074454.546000", "074454.562000", "074454.562000", "074459.546000", "074459.546000", "074459.546000", "074504.546000", "074504.562000", "074504.562000", "074504.562000", "074509.546000", "074509.546000", "074509.546000", "074514.546000", "074514.546000", "074514.546000", "074514.562000", "074519.546000", "074519.546000", "074519.578000", "074524.546000", "074524.546000", "074524.546000", "074524.562000", "074529.546000", "074529.546000", "074529.546000", "074529.562000", "074534.546000", "074534.562000", "074534.562000", "074539.546000", "074539.546000", "074539.562000", "074539.562000", "074544.546000", "074544.546000", "074544.562000", "074544.562000", "074549.546000", "074549.546000", "074549.562000", "074549.562000", "074554.546000", "074554.546000", "074554.546000", "074554.562000", "074559.546000", "074559.546000", "074559.546000", "074604.546000", "074604.562000", "074604.562000", "074604.562000", "074609.546000", "074609.546000", "074609.562000", "074609.562000", "074614.546000", "074614.562000", "074614.562000", "074614.562000", "074619.546000", "074619.562000", "074619.562000", "074619.562000", "074624.546000", "074624.546000", "074624.546000", "074629.546000", "074629.546000", "074629.546000", "074629.562000", "074634.546000", "074634.546000", "074634.546000", "074634.562000", "074639.546000", "074639.546000", "074639.546000", "074644.546000", "074644.546000", "074644.562000", "074644.562000", "074649.546000", "074649.546000", "074649.562000", "074649.562000", "074654.546000", "074654.546000", "074654.562000", "074654.562000", "074659.546000", "074659.562000", "074659.578000", "074659.578000", "074704.546000", "074704.546000", "074704.562000", "074704.562000", "074709.546000", "074709.546000", "074709.562000", "074709.562000", "074714.546000", "074714.546000", "074714.546000", "074714.562000", "074719.546000", "074719.546000", "074719.546000", "074719.562000", "074724.546000", "074724.546000", "074724.546000", "074729.546000", "074729.546000", "074729.546000", "074729.562000", "074734.546000", "074734.562000", "074734.562000", "074734.562000", "074739.546000", "074739.546000", "074739.546000", "074739.562000", "074744.546000", "074744.546000", "074744.546000", "074749.546000", "074749.546000", "074749.546000", "074749.562000", "074754.546000", "074754.546000", "074754.562000", "074759.546000", "074759.546000", "074759.562000", "074759.562000", "074804.546000", "074804.546000", "074804.546000", "074804.562000", "074809.546000", "074809.562000", "074809.562000", "074814.546000", "074814.546000", "074814.562000", "074814.562000", "074819.546000", "074819.546000", "074819.562000", "074819.562000", "074824.546000", "074824.546000", "074824.546000", "074829.546000", "074829.562000", "074829.562000", "074829.562000", "074834.546000", "074834.546000", "074834.546000", "074834.562000", "074839.546000", "074839.546000", "074839.562000", "074839.562000", "074844.546000", "074844.546000", "074844.546000", "074849.546000", "074849.546000", "074849.546000", "074849.562000", "074854.546000", "074854.546000", "074854.546000", "074854.562000", "074859.546000", "074859.546000", "074859.578000", "074904.546000", "074904.546000", "074904.546000", "074904.562000", "074909.546000", "074909.546000", "074909.546000", "074909.562000", "074914.546000", "074914.546000", "074914.546000", "074914.562000", "074919.546000", "074919.546000", "074919.546000", "074919.562000", "074924.546000", "074924.546000", "074924.562000", "074924.562000", "074929.546000", "074929.546000", "074929.546000", "074929.593000", "074934.546000", "074934.546000", "074934.546000", "074934.562000", "074939.546000", "074939.546000", "074939.546000", "074939.593000", "074944.546000", "074944.546000", "074944.546000", "074944.562000", "074949.546000", "074949.546000", "074949.546000", "074949.593000", "074954.546000", "074954.562000", "074954.562000", "074954.562000", "074958.421000", "074958.421000", "074958.421000", "074958.437000"], "InstanceNumber": [1, 2, 3, 4, 5, 6, 7, 8, 9, 10, 11, 12, 13, 14, 15, 16, 17, 18, 19, 20, 21, 22, 23, 24, 25, 26, 27, 28, 29, 30, 31, 32, 33, 34, 35, 36, 37, 38, 39, 40, 41, 42, 43, 44, 45, 46, 47, 48, 49, 50, 51, 52, 53, 54, 55, 56, 57, 58, 59, 60, 61, 62, 63, 64, 65, 66, 67, 68, 69, 70, 71, 72, 73, 74, 75, 76, 77, 78, 79, 80, 81, 82, 83, 84, 85, 86, 87, 88, 89, 90, 91, 92, 93, 94, 95, 96, 97, 98, 99, 100, 101, 102, 103, 104, 105, 106, 107, 108, 109, 110, 111, 112, 113, 114, 115, 116, 117, 118, 119, 120, 121, 122, 123, 124, 125, 126, 127, 128, 129, 130, 131, 132, 133, 134, 135, 136, 137, 138, 139, 140, 141, 142, 143, 144, 145, 146, 147, 148, 149, 150, 151, 152, 153, 154, 155, 156, 157, 158, 159, 160, 161, 162, 163, 164, 165, 166, 167, 168, 169, 170, 171, 172, 173, 174, 175, 176, 177, 178, 179, 180, 181, 182, 183, 184, 185, 186, 187, 188, 189, 190, 191, 192, 193, 194, 195, 196, 197, 198, 199, 200, 201, 202, 203, 204, 205, 206, 207, 208, 209, 210, 211, 212, 213, 214, 215, 216, 217, 218, 219, 220, 221, 222, 223, 224, 225, 226, 227, 228, 229, 230, 231, 232, 233, 234, 235, 236, 237, 238, 239, 240, 241, 242, 243, 244, 245, 246, 247, 248, 249, 250, 251, 252, 253, 254, 255, 256, 257, 258, 259, 260, 261, 262, 263, 264, 265, 266, 267, 268, 269, 270, 271, 272, 273, 274, 275, 276, 277, 278, 279, 280, 281, 282, 283, 284, 285, 286, 287, 288, 289, 290, 291, 292, 293, 294, 295, 296, 297, 298, 299, 300, 301, 302, 303, 304, 305, 306, 307, 308, 309, 310, 311, 312, 313, 314, 315, 316, 317, 318], "LargestImagePixelValue": [26051, 26032, 26597, 25258, 26544, 26162, 27015, 25905, 25095, 26766, 24953, 27357, 30782, 25959, 28146, 25580, 24790, 24939, 24997, 25188, 24846, 24745, 24917, 26978, 26135, 25003, 25072, 27733, 24938, 26181, 31439, 28716, 25450, 24898, 24661, 29639, 25022, 24811, 24838, 24799, 24715, 26454, 24638, 29279, 26933, 26673, 24762, 24941, 24881, 24723, 25185, 24749, 24594, 24799, 24808, 24453, 27434, 25903, 28513, 26544, 26434, 25197, 27669, 26402, 25884, 29354, 28756, 25233, 28942, 26477, 24999, 24600, 29869, 24801, 28094, 32899, 24723, 25903, 25336, 24615, 30192, 28431, 28474, 24501, 28437, 25325, 31744, 24377, 24352, 24352, 25175, 24470, 24768, 24580, 28043, 24514, 24485, 24617, 24439, 24370, 24679, 24566, 24805, 24475, 24601, 24573, 25224, 24724, 26455, 24062, 26067, 25902, 26132, 25550, 24329, 28027, 27681, 30234, 27579, 24833, 27876, 26421, 24301, 24284, 28751, 25379, 28011, 24060, 24660, 24381, 24431, 28988, 25448, 24173, 27644, 24215, 26973, 24548, 24485, 26438, 24215, 27438, 24351, 24413, 27434, 24611, 27871, 24458, 24549, 24353, 24396, 24371, 25414, 24324, 24608, 26772, 24461, 24136, 24144, 24396, 25021, 23902, 28672, 26253, 25630, 28556, 25435, 26468, 27287, 26631, 27553, 25320, 26526, 26782, 25117, 27960, 29478, 24798, 27695, 24639, 23900, 23814, 25560, 30058, 25478, 31163, 23906, 27554, 24678, 26059, 27419, 26082, 25512, 24176, 24048, 26326, 24133, 24108, 30113, 25156, 27927, 24067, 24293, 24208, 24241, 24188, 24213, 25437, 24015, 24248, 24170, 26843, 24324, 29414, 24593, 23714, 25315, 26511, 23907, 25106, 28796, 25871, 30232, 26562, 24376, 29970, 26295, 32753, 24313, 27532, 29214, 25011, 25405, 27930, 24059, 24897, 26713, 25498, 27444, 23758, 25994, 25507, 24762, 29993, 25187, 24711, 24558, 28344, 24202, 25746, 25285, 25567, 26275, 26949, 24021, 24092, 23808, 25438, 24560, 27436, 24196, 23949, 23951, 23975, 23771, 24043, 25698, 23679, 27833, 25697, 26136, 25038, 27143, 30799, 31407, 25726, 33335, 26035, 28153, 26419, 26138, 25745, 23672, 29741, 25852, 31923, 28173, 26701, 23894, 26541, 29375, 26161, 23807, 23581, 24404, 24167, 29001, 24531, 23715, 27814, 26366, 26289, 29549, 24492, 25369, 26286, 23975, 24509, 24635, 23951, 24732, 27538, 24508, 24011, 24010, 23999, 23812, 23978], "WindowCenter": [10095.0, 10082.0, 10094.0, 10083.0, 10091.0, 10079.0, 10086.0, 10075.0, 10067.0, 10069.0, 10058.0, 10059.0, 10065.0, 10046.0, 10066.0, 10030.0, 10056.0, 10051.0, 10050.0, 10044.0, 10029.0, 10039.0, 10042.0, 10056.0, 10034.0, 10033.0, 10037.0, 10045.0, 10021.0, 10042.0, 10058.0, 10036.0, 10026.0, 9994.0, 10023.0, 10046.0, 10016.0, 9988.0, 10028.0, 10039.0, 10058.0, 10053.0, 10032.0, 10051.0, 10027.0, 10034.0, 10019.0, 10031.0, 10025.0, 10038.0, 10060.0, 10066.0, 10064.0, 10064.0, 10076.0, 10051.0, 10084.0, 10076.0, 10124.0, 10122.0, 10102.0, 10108.0, 10101.0, 10098.0, 10091.0, 10095.0, 10084.0, 10063.0, 10084.0, 10084.0, 10084.0, 10085.0, 10098.0, 10049.0, 10042.0, 10036.0, 10012.0, 10042.0, 10034.0, 10033.0, 10052.0, 10031.0, 10030.0, 10007.0, 10030.0, 9995.0, 10042.0, 10013.0, 10028.0, 9994.0, 10003.0, 10007.0, 10002.0, 10008.0, 10024.0, 10014.0, 10014.0, 10024.0, 10031.0, 10026.0, 10056.0, 10047.0, 10052.0, 10062.0, 10058.0, 10071.0, 10061.0, 10068.0, 10085.0, 10079.0, 10090.0, 10091.0, 10099.0, 10093.0, 10076.0, 10109.0, 10106.0, 10118.0, 10083.0, 10076.0, 10054.0, 10059.0, 10054.0, 10036.0, 10057.0, 10028.0, 10032.0, 10021.0, 10032.0, 10035.0, 10027.0, 10043.0, 10024.0, 10012.0, 10035.0, 10019.0, 10012.0, 10020.0, 10017.0, 10031.0, 10009.0, 10023.0, 10011.0, 10013.0, 10023.0, 10021.0, 10025.0, 10016.0, 10010.0, 10035.0, 10029.0, 10026.0, 10040.0, 10021.0, 10038.0, 10043.0, 10050.0, 10047.0, 10067.0, 10079.0, 10081.0, 10076.0, 10078.0, 10071.0, 10075.0, 10085.0, 10065.0, 10074.0, 10094.0, 10098.0, 10121.0, 10101.0, 10081.0, 10074.0, 10053.0, 10037.0, 10030.0, 10008.0, 10005.0, 10005.0, 10010.0, 10021.0, 10028.0, 10035.0, 10003.0, 10009.0, 9989.0, 10019.0, 9983.0, 9992.0, 10001.0, 9995.0, 9986.0, 10001.0, 10004.0, 10037.0, 10020.0, 10006.0, 10027.0, 9995.0, 9995.0, 9989.0, 9994.0, 10010.0, 10001.0, 10004.0, 10013.0, 10020.0, 10015.0, 10033.0, 10032.0, 10039.0, 10041.0, 10081.0, 10024.0, 10047.0, 10075.0, 10068.0, 10076.0, 10079.0, 10089.0, 10102.0, 10105.0, 10096.0, 10077.0, 10092.0, 10063.0, 10077.0, 10036.0, 10055.0, 10055.0, 10017.0, 10023.0, 10036.0, 10014.0, 10032.0, 10026.0, 10022.0, 10027.0, 10009.0, 10028.0, 10026.0, 10017.0, 10029.0, 10024.0, 10005.0, 10019.0, 10043.0, 10020.0, 10016.0, 10019.0, 10013.0, 10002.0, 10022.0, 10005.0, 9996.0, 10007.0, 10022.0, 10026.0, 10046.0, 10020.0, 10016.0, 10034.0, 10038.0, 10046.0, 10056.0, 10064.0, 10041.0, 10075.0, 10065.0, 10064.0, 10061.0, 10071.0, 10108.0, 10105.0, 10091.0, 10108.0, 10058.0, 10047.0, 10055.0, 10078.0, 10073.0, 10065.0, 10065.0, 10037.0, 10046.0, 10020.0, 10019.0, 10002.0, 10018.0, 10037.0, 10008.0, 9977.0, 10002.0, 10001.0, 10012.0, 10039.0, 10012.0, 10012.0, 10024.0, 9994.0, 10009.0, 10017.0, 9988.0, 9996.0, 9998.0, 10008.0, 10010.0, 10018.0, 10029.0, 10040.0, 10048.0, 10024.0, 10019.0, 10020.0, 10038.0, 10034.0, 10049.0], "WindowWidth": [21406.0, 21379.0, 21394.0, 21372.0, 21387.0, 21364.0, 21374.0, 21351.0, 21330.0, 21335.0, 21311.0, 21313.0, 21323.0, 21286.0, 21321.0, 21257.0, 21302.0, 21293.0, 21292.0, 21280.0, 21248.0, 21265.0, 21273.0, 21297.0, 21259.0, 21256.0, 21259.0, 21277.0, 21237.0, 21270.0, 21299.0, 21252.0, 21231.0, 21173.0, 21228.0, 21271.0, 21218.0, 21166.0, 21240.0, 21267.0, 21307.0, 21297.0, 21254.0, 21288.0, 21238.0, 21250.0, 21225.0, 21244.0, 21241.0, 21269.0, 21312.0, 21326.0, 21329.0, 21334.0, 21358.0, 21312.0, 21371.0, 21358.0, 21466.0, 21458.0, 21420.0, 21428.0, 21417.0, 21403.0, 21383.0, 21389.0, 21368.0, 21323.0, 21368.0, 21370.0, 21381.0, 21375.0, 21398.0, 21292.0, 21267.0, 21252.0, 21213.0, 21273.0, 21256.0, 21252.0, 21289.0, 21242.0, 21234.0, 21192.0, 21232.0, 21169.0, 21257.0, 21209.0, 21239.0, 21175.0, 21188.0, 21194.0, 21184.0, 21193.0, 21225.0, 21207.0, 21208.0, 21227.0, 21245.0, 21238.0, 21299.0, 21288.0, 21298.0, 21317.0, 21316.0, 21341.0, 21331.0, 21348.0, 21377.0, 21364.0, 21384.0, 21385.0, 21404.0, 21392.0, 21357.0, 21424.0, 21420.0, 21437.0, 21367.0, 21349.0, 21301.0, 21308.0, 21298.0, 21266.0, 21302.0, 21243.0, 21243.0, 21221.0, 21244.0, 21250.0, 21237.0, 21267.0, 21228.0, 21208.0, 21250.0, 21220.0, 21207.0, 21221.0, 21212.0, 21240.0, 21201.0, 21228.0, 21206.0, 21210.0, 21227.0, 21221.0, 21228.0, 21212.0, 21206.0, 21256.0, 21241.0, 21240.0, 21263.0, 21228.0, 21262.0, 21275.0, 21291.0, 21290.0, 21335.0, 21365.0, 21372.0, 21353.0, 21358.0, 21344.0, 21351.0, 21372.0, 21336.0, 21352.0, 21392.0, 21406.0, 21467.0, 21406.0, 21370.0, 21344.0, 21297.0, 21261.0, 21239.0, 21190.0, 21186.0, 21186.0, 21196.0, 21219.0, 21231.0, 21241.0, 21183.0, 21187.0, 21149.0, 21204.0, 21142.0, 21159.0, 21174.0, 21160.0, 21148.0, 21178.0, 21190.0, 21252.0, 21218.0, 21191.0, 21225.0, 21164.0, 21161.0, 21150.0, 21159.0, 21192.0, 21178.0, 21185.0, 21204.0, 21224.0, 21219.0, 21251.0, 21252.0, 21264.0, 21274.0, 21350.0, 21242.0, 21290.0, 21348.0, 21334.0, 21351.0, 21365.0, 21380.0, 21403.0, 21418.0, 21394.0, 21352.0, 21380.0, 21317.0, 21341.0, 21261.0, 21296.0, 21290.0, 21221.0, 21226.0, 21252.0, 21210.0, 21243.0, 21232.0, 21224.0, 21229.0, 21194.0, 21232.0, 21235.0, 21221.0, 21240.0, 21227.0, 21190.0, 21219.0, 21259.0, 21224.0, 21216.0, 21221.0, 21211.0, 21187.0, 21221.0, 21186.0, 21173.0, 21197.0, 21224.0, 21231.0, 21274.0, 21225.0, 21221.0, 21256.0, 21267.0, 21283.0, 21304.0, 21321.0, 21274.0, 21350.0, 21328.0, 21323.0, 21321.0, 21341.0, 21409.0, 21414.0, 21383.0, 21417.0, 21316.0, 21293.0, 21301.0, 21358.0, 21344.0, 21323.0, 21323.0, 21262.0, 21267.0, 21220.0, 21213.0, 21180.0, 21208.0, 21247.0, 21190.0, 21132.0, 21177.0, 21180.0, 21205.0, 21255.0, 21201.0, 21201.0, 21225.0, 21166.0, 21192.0, 21204.0, 21145.0, 21161.0, 21166.0, 21187.0, 21202.0, 21220.0, 21243.0, 21264.0, 21283.0, 21231.0, 21220.0, 21222.0, 21259.0, 21256.0, 21287.0]}, "slices": {}}}