{"AcquisitionMatrixPE": 96, "AcquisitionNumber": 1, "AcquisitionTime": "16:51:22.557500", "BandwidthPerPixelPhaseEncode": 33.602, "BaseResolution": 96, "BodyPartExamined": "BRAIN", "ConsistencyInfo": "N4_VD11D_LATEST_20110129", "ConversionSoftware": "dcm2niix", "ConversionSoftwareVersion": "v1.0.20210317", "DerivedVendorReportedEchoSpacing": 0.000620003, "DeviceSerialNumber": "45239", "DwellTime": 2.6e-06, "EchoTime": 0.03, "EchoTrainLength": 48, "EffectiveEchoSpacing": 0.000310001, "FlipAngle": 63, "ImageComments": "Unaliased MB4/PE3", "ImageOrientationPatientDICOM": [0.999038, 0.00769613, 0.0431717, 0.0176767, 0.830278, -0.557069], "ImageType": ["ORIGINAL", "PRIMARY", "M", "ND", "NORM", "MOSAIC"], "ImagingFrequency": 123.193, "InPlanePhaseEncodingDirectionDICOM": "COL", "InstitutionAddress": "E 24th St. 100,Austin,Southmiddle,US,78712", "InstitutionName": "Univ of Texas at Austin", "InstitutionalDepartmentName": "IRC", "MRAcquisitionType": "2D", "MagneticFieldStrength": 3, "Manufacturer": "Siemens", "ManufacturersModelName": "Skyra", "Modality": "MR", "MultibandAccelerationFactor": 4, "ParallelReductionFactorInPlane": 2, "PartialFourier": 1, "PatientPosition": "HFS", "PercentPhaseFOV": 100, "PercentSampling": 100, "PhaseEncodingDirection": "j-", "PhaseEncodingSteps": 96, "PhaseResolution": 1, "PixelBandwidth": 2005, "ProcedureStepDescription": "Poldrack2^self-scanning", "ProtocolName": "Resting State fMRI MBEPI_matrix96_BW2004", "PulseSequenceDetails": "%CustomerSeq%\\cmrr_mbep2d_bold", "ReceiveCoilActiveElements": "HEA;HEP", "ReceiveCoilName": "Head_32", "ReconMatrixPE": 96, "RefLinesPE": 94, "RepetitionTime": 1, "SAR": 0.0638312, "ScanOptions": "WE", "ScanningSequence": "EP", "SequenceName": "epfid2d1_96", "SequenceVariant": "SK", "SeriesDescription": "Resting State fMRI MBEPI_matrix96_BW2004", "SeriesNumber": 7, "ShimSetting": [-2784, 8066, -15414, 124, -211, 56, 202, -59], "SliceThickness": 2, "SliceTiming": [0, 0.53, 0.06, 0.5875, 0.1175, 0.6475, 0.1775, 0.705, 0.235, 0.765, 0.295, 0.8225, 0.3525, 0.8825, 0.4125, 0.94, 0.47, 0, 0.53, 0.06, 0.5875, 0.1175, 0.6475, 0.1775, 0.705, 0.235, 0.765, 0.295, 0.8225, 0.3525, 0.8825, 0.4125, 0.94, 0.47, 0, 0.53, 0.06, 0.5875, 0.1175, 0.6475, 0.1775, 0.705, 0.235, 0.765, 0.295, 0.8225, 0.3525, 0.8825, 0.4125, 0.94, 0.47, 0, 0.53, 0.06, 0.5875, 0.1175, 0.6475, 0.1775, 0.705, 0.235, 0.765, 0.295, 0.8225, 0.3525, 0.8825, 0.4125, 0.94, 0.47], "SoftwareVersions": "syngo MR D11", "SpacingBetweenSlices": 2.4, "StationName": "AWP45239", "TaskName": "Resting fmri", "TotalReadoutTime": 0.0294501, "TxRefAmp": 344.77, "WipMemBlock": "e827d685-a32c-47ec-98d7-780582e37b4e||Sequence: VD11D r154; May 23 2012 22:27:19 by eja", "dcmmeta_affine": [[-2.393528461456299, 0.042350348085165024, 0.09631632268428802, 112.15272521972656], [-0.01843865215778351, 1.9892085790634155, -1.3375098705291748, -71.37764739990234], [0.10343219339847565, 1.3346432447433472, 1.9904247522354126, -79.99370574951172], [0.0, 0.0, 0.0, 1.0]], "dcmmeta_reorient_transform": [[0.0, -1.0, 0.0, 95.0], [1.0, 0.0, 0.0, 0.0], [0.0, 0.0, 1.0, 0.0], [0.0, 0.0, 0.0, 1.0]], "dcmmeta_shape": [96, 96, 68, 600], "dcmmeta_slice_dim": 2, "dcmmeta_version": 0.6, "global": {"const": {"AcquisitionMatrix": [96, 0, 0, 96], "AngioFlag": "N", "BitsAllocated": 16, "BitsStored": 16, "BodyPartExamined": "BRAIN", "Columns": 864, "EchoNumbers": 1, "EchoTime": 30.0, "EchoTrainLength": 48, "FlipAngle": 63.0, "HighBit": 15, "ImageOrientationPatient": [0.99903802421457, 0.00769613295861, 0.04317170034803, 0.01767666700085, 0.83027838515459, -0.5570685223461], "ImagePositionPatient": [-1051.5534911, -888.53369620196, 519.58246528048], "ImageType": ["ORIGINAL", "PRIMARY", "M", "ND", "NORM", "MOSAIC"], "ImagedNucleus": "1H", "ImagingFrequency": 123.193361, "InPlanePhaseEncodingDirection": "COL", "MRAcquisitionType": "2D", "MagneticFieldStrength": 3.0, "Manufacturer": "SIEMENS", "ManufacturerModelName": "Skyra", "Modality": "MR", "NumberOfAverages": 1.0, "NumberOfPhaseEncodingSteps": 96, "PercentPhaseFieldOfView": 100.0, "PercentSampling": 100.0, "PerformedProcedureStepStartTime": "162956.125000", "PhotometricInterpretation": "MONOCHROME2", "PixelBandwidth": 2005.0, "PixelRepresentation": 0, "PixelSpacing": [2.3958332538605, 2.3958332538605], "ProtocolName": "Resting State fMRI MBEPI_matrix96_BW2004", "RepetitionTime": 1000.0, "Rows": 864, "SAR": 0.06383123231648, "SamplesPerPixel": 1, "ScanOptions": "WE", "ScanningSequence": "EP", "SequenceName": "epfid2d1_96", "SequenceVariant": "SK", "SeriesDescription": "Resting State fMRI MBEPI_matrix96_BW2004", "SeriesNumber": 7, "SeriesTime": "165210.828000", "SliceLocation": -22.062920040796, "SliceThickness": 2.0, "SmallestImagePixelValue": 0, "SoftwareVersions": "syngo MR D11", "SpacingBetweenSlices": 2.3999999697219, "SpecificCharacterSet": "ISO_IR 100", "StudyID": "1", "StudyTime": "162956.093000", "TransmitCoilName": "Body", "VariableFlipAngleFlag": "N", "WindowCenterWidthExplanation": "Algo1", "dBdt": 0.0}, "slices": {}}, "time": {"samples": {"AcquisitionNumber": [1, 2, 3, 4, 5, 6, 7, 8, 9, 10, 11, 12, 13, 14, 15, 16, 17, 18, 19, 20, 21, 22, 23, 24, 25, 26, 27, 28, 29, 30, 31, 32, 33, 34, 35, 36, 37, 38, 39, 40, 41, 42, 43, 44, 45, 46, 47, 48, 49, 50, 51, 52, 53, 54, 55, 56, 57, 58, 59, 60, 61, 62, 63, 64, 65, 66, 67, 68, 69, 70, 71, 72, 73, 74, 75, 76, 77, 78, 79, 80, 81, 82, 83, 84, 85, 86, 87, 88, 89, 90, 91, 92, 93, 94, 95, 96, 97, 98, 99, 100, 101, 102, 103, 104, 105, 106, 107, 108, 109, 110, 111, 112, 113, 114, 115, 116, 117, 118, 119, 120, 121, 122, 123, 124, 125, 126, 127, 128, 129, 130, 131, 132, 133, 134, 135, 136, 137, 138, 139, 140, 141, 142, 143, 144, 145, 146, 147, 148, 149, 150, 151, 152, 153, 154, 155, 156, 157, 158, 159, 160, 161, 162, 163, 164, 165, 166, 167, 168, 169, 170, 171, 172, 173, 174, 175, 176, 177, 178, 179, 180, 181, 182, 183, 184, 185, 186, 187, 188, 189, 190, 191, 192, 193, 194, 195, 196, 197, 198, 199, 200, 201, 202, 203, 204, 205, 206, 207, 208, 209, 210, 211, 212, 213, 214, 215, 216, 217, 218, 219, 220, 221, 222, 223, 224, 225, 226, 227, 228, 229, 230, 231, 232, 233, 234, 235, 236, 237, 238, 239, 240, 241, 242, 243, 244, 245, 246, 247, 248, 249, 250, 251, 252, 253, 254, 255, 256, 257, 258, 259, 260, 261, 262, 263, 264, 265, 266, 267, 268, 269, 270, 271, 272, 273, 274, 275, 276, 277, 278, 279, 280, 281, 282, 283, 284, 285, 286, 287, 288, 289, 290, 291, 292, 293, 294, 295, 296, 297, 298, 299, 300, 301, 302, 303, 304, 305, 306, 307, 308, 309, 310, 311, 312, 313, 314, 315, 316, 317, 318, 319, 320, 321, 322, 323, 324, 325, 326, 327, 328, 329, 330, 331, 332, 333, 334, 335, 336, 337, 338, 339, 340, 341, 342, 343, 344, 345, 346, 347, 348, 349, 350, 351, 352, 353, 354, 355, 356, 357, 358, 359, 360, 361, 362, 363, 364, 365, 366, 367, 368, 369, 370, 371, 372, 373, 374, 375, 376, 377, 378, 379, 380, 381, 382, 383, 384, 385, 386, 387, 388, 389, 390, 391, 392, 393, 394, 395, 396, 397, 398, 399, 400, 401, 402, 403, 404, 405, 406, 407, 408, 409, 410, 411, 412, 413, 414, 415, 416, 417, 418, 419, 420, 421, 422, 423, 424, 425, 426, 427, 428, 429, 430, 431, 432, 433, 434, 435, 436, 437, 438, 439, 440, 441, 442, 443, 444, 445, 446, 447, 448, 449, 450, 451, 452, 453, 454, 455, 456, 457, 458, 459, 460, 461, 462, 463, 464, 465, 466, 467, 468, 469, 470, 471, 472, 473, 474, 475, 476, 477, 478, 479, 480, 481, 482, 483, 484, 485, 486, 487, 488, 489, 490, 491, 492, 493, 494, 495, 496, 497, 498, 499, 500, 501, 502, 503, 504, 505, 506, 507, 508, 509, 510, 511, 512, 513, 514, 515, 516, 517, 518, 519, 520, 521, 522, 523, 524, 525, 526, 527, 528, 529, 530, 531, 532, 533, 534, 535, 536, 537, 538, 539, 540, 541, 542, 543, 544, 545, 546, 547, 548, 549, 550, 551, 552, 553, 554, 555, 556, 557, 558, 559, 560, 561, 562, 563, 564, 565, 566, 567, 568, 569, 570, 571, 572, 573, 574, 575, 576, 577, 578, 579, 580, 581, 582, 583, 584, 585, 586, 587, 588, 589, 590, 591, 592, 593, 594, 595, 596, 597, 598, 599, 600], "AcquisitionTime": ["165122.557500", "165151.557500", "165152.557500", "165153.557500", "165154.557500", "165155.557500", "165156.557500", "165157.557500", "165158.557500", "165159.557500", "165200.557500", "165201.557500", "165202.557500", "165203.557500", "165204.557500", "165205.557500", "165206.557500", "165207.557500", "165208.557500", "165209.557500", "165210.557500", "165211.557500", "165212.557500", "165213.557500", "165214.557500", "165215.557500", "165216.557500", "165217.557500", "165218.557500", "165219.557500", "165220.557500", "165221.557500", "165222.557500", "165223.557500", "165224.557500", "165225.557500", "165226.557500", "165227.557500", "165228.557500", "165229.557500", "165230.557500", "165231.557500", "165232.557500", "165233.557500", "165234.557500", "165235.557500", "165236.557500", "165237.557500", "165238.557500", "165239.557500", "165240.557500", "165241.557500", "165242.557500", "165243.557500", "165244.557500", "165245.557500", "165246.557500", "165247.557500", "165248.557500", "165249.557500", "165250.557500", "165251.557500", "165252.557500", "165253.557500", "165254.557500", "165255.557500", "165256.557500", "165257.557500", "165258.557500", "165259.557500", "165300.557500", "165301.557500", "165302.557500", "165303.557500", "165304.557500", "165305.557500", "165306.557500", "165307.557500", "165308.557500", "165309.557500", "165310.557500", "165311.557500", "165312.557500", "165313.557500", "165314.557500", "165315.557500", "165316.557500", "165317.557500", "165318.557500", "165319.557500", "165320.557500", "165321.557500", "165322.557500", "165323.557500", "165324.557500", "165325.557500", "165326.557500", "165327.557500", "165328.557500", "165329.557500", "165330.557500", "165331.557500", "165332.557500", "165333.557500", "165334.557500", "165335.557500", "165336.557500", "165337.557500", "165338.557500", "165339.557500", "165340.557500", "165341.557500", "165342.557500", "165343.557500", "165344.557500", "165345.557500", "165346.557500", "165347.557500", "165348.557500", "165349.557500", "165350.557500", "165351.557500", "165352.557500", "165353.557500", "165354.557500", "165355.557500", "165356.557500", "165357.557500", "165358.557500", "165359.557500", "165400.557500", "165401.557500", "165402.557500", "165403.557500", "165404.557500", "165405.557500", "165406.557500", "165407.557500", "165408.557500", "165409.557500", "165410.557500", "165411.557500", "165412.557500", "165413.557500", "165414.557500", "165415.557500", "165416.557500", "165417.557500", "165418.557500", "165419.557500", "165420.557500", "165421.557500", "165422.557500", "165423.557500", "165424.557500", "165425.557500", "165426.557500", "165427.557500", "165428.557500", "165429.557500", "165430.557500", "165431.557500", "165432.557500", "165433.557500", "165434.557500", "165435.557500", "165436.557500", "165437.557500", "165438.557500", "165439.557500", "165440.557500", "165441.557500", "165442.557500", "165443.557500", "165444.557500", "165445.557500", "165446.557500", "165447.557500", "165448.557500", "165449.557500", "165450.557500", "165451.557500", "165452.557500", "165453.557500", "165454.557500", "165455.557500", "165456.557500", "165457.557500", "165458.557500", "165459.557500", "165500.557500", "165501.557500", "165502.557500", "165503.557500", "165504.557500", "165505.557500", "165506.557500", "165507.557500", "165508.557500", "165509.557500", "165510.557500", "165511.557500", "165512.557500", "165513.557500", "165514.557500", "165515.557500", "165516.557500", "165517.557500", "165518.557500", "165519.557500", "165520.557500", "165521.557500", "165522.557500", "165523.557500", "165524.557500", "165525.557500", "165526.557500", "165527.557500", "165528.557500", "165529.557500", "165530.557500", "165531.557500", "165532.557500", "165533.557500", "165534.557500", "165535.557500", "165536.557500", "165537.557500", "165538.557500", "165539.557500", "165540.557500", "165541.557500", "165542.557500", "165543.557500", "165544.557500", "165545.557500", "165546.557500", "165547.557500", "165548.557500", "165549.557500", "165550.557500", "165551.557500", "165552.557500", "165553.557500", "165554.557500", "165555.557500", "165556.557500", "165557.557500", "165558.557500", "165559.557500", "165600.557500", "165601.557500", "165602.557500", "165603.557500", "165604.557500", "165605.557500", "165606.557500", "165607.557500", "165608.557500", "165609.557500", "165610.557500", "165611.557500", "165612.557500", "165613.557500", "165614.557500", "165615.557500", "165616.557500", "165617.557500", "165618.557500", "165619.557500", "165620.557500", "165621.557500", "165622.557500", "165623.557500", "165624.557500", "165625.557500", "165626.557500", "165627.557500", "165628.557500", "165629.557500", "165630.557500", "165631.557500", "165632.557500", "165633.557500", "165634.557500", "165635.557500", "165636.557500", "165637.557500", "165638.557500", "165639.557500", "165640.557500", "165641.557500", "165642.557500", "165643.557500", "165644.557500", "165645.557500", "165646.557500", "165647.557500", "165648.557500", "165649.557500", "165650.557500", "165651.557500", "165652.557500", "165653.557500", "165654.557500", "165655.557500", "165656.557500", "165657.557500", "165658.557500", "165659.557500", "165700.557500", "165701.557500", "165702.557500", "165703.557500", "165704.557500", "165705.557500", "165706.557500", "165707.557500", "165708.557500", "165709.557500", "165710.557500", "165711.557500", "165712.557500", "165713.557500", "165714.557500", "165715.557500", "165716.557500", "165717.557500", "165718.557500", "165719.557500", "165720.557500", "165721.557500", "165722.557500", "165723.557500", "165724.557500", "165725.557500", "165726.557500", "165727.557500", "165728.557500", "165729.557500", "165730.557500", "165731.557500", "165732.557500", "165733.557500", "165734.557500", "165735.557500", "165736.557500", "165737.557500", "165738.557500", "165739.557500", "165740.557500", "165741.557500", "165742.557500", "165743.557500", "165744.557500", "165745.557500", "165746.557500", "165747.557500", "165748.557500", "165749.557500", "165750.557500", "165751.557500", "165752.557500", "165753.557500", "165754.557500", "165755.557500", "165756.557500", "165757.557500", "165758.557500", "165759.557500", "165800.557500", "165801.557500", "165802.557500", "165803.557500", "165804.557500", "165805.557500", "165806.557500", "165807.557500", "165808.557500", "165809.557500", "165810.557500", "165811.557500", "165812.557500", "165813.557500", "165814.557500", "165815.557500", "165816.557500", "165817.557500", "165818.557500", "165819.557500", "165820.557500", "165821.557500", "165822.557500", "165823.557500", "165824.557500", "165825.557500", "165826.557500", "165827.557500", "165828.557500", "165829.557500", "165830.557500", "165831.557500", "165832.557500", "165833.557500", "165834.557500", "165835.557500", "165836.557500", "165837.557500", "165838.557500", "165839.557500", "165840.557500", "165841.557500", "165842.557500", "165843.557500", "165844.557500", "165845.557500", "165846.557500", "165847.557500", "165848.557500", "165849.557500", "165850.557500", "165851.557500", "165852.557500", "165853.557500", "165854.557500", "165855.557500", "165856.557500", "165857.557500", "165858.557500", "165859.557500", "165900.557500", "165901.557500", "165902.557500", "165903.557500", "165904.557500", "165905.557500", "165906.557500", "165907.557500", "165908.557500", "165909.557500", "165910.557500", "165911.557500", "165912.557500", "165913.557500", "165914.557500", "165915.557500", "165916.557500", "165917.557500", "165918.557500", "165919.557500", "165920.557500", "165921.557500", "165922.557500", "165923.557500", "165924.557500", "165925.557500", "165926.557500", "165927.557500", "165928.557500", "165929.557500", "165930.557500", "165931.557500", "165932.557500", "165933.557500", "165934.557500", "165935.557500", "165936.557500", "165937.557500", "165938.557500", "165939.557500", "165940.557500", "165941.557500", "165942.557500", "165943.557500", "165944.557500", "165945.557500", "165946.557500", "165947.557500", "165948.557500", "165949.557500", "165950.557500", "165951.557500", "165952.557500", "165953.557500", "165954.557500", "165955.557500", "165956.557500", "165957.557500", "165958.557500", "165959.557500", "170000.557500", "170001.557500", "170002.557500", "170003.557500", "170004.557500", "170005.557500", "170006.557500", "170007.557500", "170008.557500", "170009.557500", "170010.557500", "170011.557500", "170012.557500", "170013.557500", "170014.557500", "170015.557500", "170016.557500", "170017.557500", "170018.557500", "170019.557500", "170020.557500", "170021.557500", "170022.557500", "170023.557500", "170024.557500", "170025.557500", "170026.557500", "170027.557500", "170028.557500", "170029.557500", "170030.557500", "170031.557500", "170032.557500", "170033.557500", "170034.557500", "170035.557500", "170036.557500", "170037.557500", "170038.557500", "170039.557500", "170040.557500", "170041.557500", "170042.557500", "170043.557500", "170044.557500", "170045.557500", "170046.557500", "170047.557500", "170048.557500", "170049.557500", "170050.557500", "170051.557500", "170052.557500", "170053.557500", "170054.557500", "170055.557500", "170056.557500", "170057.557500", "170058.557500", "170059.557500", "170100.557500", "170101.557500", "170102.557500", "170103.557500", "170104.557500", "170105.557500", "170106.557500", "170107.557500", "170108.557500", "170109.557500", "170110.557500", "170111.557500", "170112.557500", "170113.557500", "170114.557500", "170115.557500", "170116.557500", "170117.557500", "170118.557500", "170119.557500", "170120.557500", "170121.557500", "170122.557500", "170123.557500", "170124.557500", "170125.557500", "170126.557500", "170127.557500", "170128.557500", "170129.557500", "170130.557500", "170131.557500", "170132.557500", "170133.557500", "170134.557500", "170135.557500", "170136.557500", "170137.557500", "170138.557500", "170139.557500", "170140.557500", "170141.557500", "170142.557500", "170143.557500", "170144.557500", "170145.557500", "170146.557500", "170147.557500", "170148.557500", "170149.557500"], "ContentTime": ["165210.828000", "165217.031000", "165217.031000", "165217.046000", "165217.046000", "165222.031000", "165222.031000", "165227.031000", "165227.031000", "165227.046000", "165232.031000", "165232.031000", "165237.031000", "165237.031000", "165237.031000", "165242.031000", "165242.031000", "165247.031000", "165247.031000", "165247.031000", "165252.031000", "165252.031000", "165252.046000", "165257.031000", "165257.031000", "165302.031000", "165302.031000", "165302.031000", "165307.031000", "165307.062000", "165307.062000", "165312.031000", "165312.031000", "165317.031000", "165317.031000", "165317.046000", "165322.031000", "165322.031000", "165327.031000", "165327.031000", "165327.046000", "165332.031000", "165332.031000", "165337.031000", "165337.031000", "165337.046000", "165342.031000", "165342.031000", "165347.031000", "165347.031000", "165347.046000", "165352.031000", "165352.031000", "165357.031000", "165357.031000", "165357.046000", "165402.031000", "165402.031000", "165402.046000", "165407.031000", "165407.031000", "165412.031000", "165412.031000", "165417.031000", "165417.031000", "165417.046000", "165422.031000", "165422.031000", "165427.031000", "165427.031000", "165427.046000", "165432.031000", "165432.031000", "165437.031000", "165437.031000", "165437.046000", "165442.031000", "165442.031000", "165447.031000", "165447.031000", "165447.046000", "165452.031000", "165452.031000", "165457.031000", "165457.031000", "165457.046000", "165502.031000", "165502.031000", "165507.031000", "165507.046000", "165507.046000", "165512.031000", "165512.031000", "165512.046000", "165517.031000", "165517.031000", "165522.031000", "165522.031000", "165527.031000", "165527.031000", "165527.046000", "165532.031000", "165532.031000", "165537.031000", "165537.031000", "165537.046000", "165542.031000", "165542.031000", "165542.046000", "165547.031000", "165547.031000", "165552.031000", "165552.031000", "165552.046000", "165557.031000", "165557.031000", "165602.031000", "165602.031000", "165602.046000", "165607.031000", "165607.031000", "165612.031000", "165612.031000", "165612.046000", "165617.031000", "165617.031000", "165622.031000", "165622.031000", "165622.046000", "165627.031000", "165627.031000", "165632.031000", "165632.031000", "165632.046000", "165637.031000", "165637.031000", "165647.031000", "165647.031000", "165647.046000", "165647.046000", "165647.046000", "165652.031000", "165652.031000", "165652.046000", "165657.031000", "165657.031000", "165702.031000", "165702.031000", "165702.046000", "165707.031000", "165707.031000", "165712.031000", "165712.031000", "165712.046000", "165717.031000", "165717.031000", "165722.031000", "165722.031000", "165722.046000", "165727.031000", "165727.031000", "165732.031000", "165732.031000", "165732.046000", "165737.031000", "165737.031000", "165742.031000", "165742.031000", "165742.046000", "165747.031000", "165747.031000", "165752.031000", "165752.031000", "165752.046000", "165757.031000", "165757.031000", "165802.031000", "165802.031000", "165802.046000", "165807.031000", "165807.031000", "165812.031000", "165812.031000", "165812.046000", "165817.031000", "165817.031000", "165822.031000", "165822.031000", "165822.046000", "165827.031000", "165827.031000", "165832.031000", "165832.031000", "165832.046000", "165837.031000", "165837.046000", "165837.046000", "165842.031000", "165842.031000", "165847.031000", "165847.046000", "165847.046000", "165852.031000", "165852.031000", "165857.031000", "165857.031000", "165902.031000", "165902.031000", "165902.046000", "165907.031000", "165907.046000", "165907.046000", "165912.031000", "165912.031000", "165917.031000", "165917.031000", "165917.046000", "165922.031000", "165922.031000", "165927.031000", "165927.031000", "165927.031000", "165932.031000", "165932.031000", "165937.031000", "165937.062000", "165937.078000", "165942.031000", "165942.031000", "165947.031000", "165947.031000", "165947.031000", "165952.031000", "165952.031000", "165957.031000", "165957.031000", "165957.046000", "170002.031000", "170002.031000", "170007.031000", "170007.031000", "170007.046000", "170012.031000", "170012.031000", "170017.031000", "170017.031000", "170017.046000", "170022.031000", "170022.031000", "170022.031000", "170027.031000", "170027.031000", "170032.031000", "170032.031000", "170037.031000", "170037.031000", "170037.046000", "170042.031000", "170042.031000", "170042.046000", "170047.031000", "170047.078000", "170052.031000", "170052.031000", "170052.046000", "170057.031000", "170057.031000", "170102.031000", "170102.031000", "170102.046000", "170107.031000", "170107.031000", "170112.031000", "170112.031000", "170112.046000", "170117.031000", "170117.031000", "170122.031000", "170122.031000", "170122.046000", "170127.031000", "170127.031000", "170132.031000", "170132.031000", "170132.046000", "170137.031000", "170137.046000", "170142.031000", "170142.031000", "170142.046000", "170147.031000", "170147.031000", "170152.031000", "170152.031000", "170152.046000", "170157.031000", "170157.031000", "170157.031000", "170202.031000", "170202.031000", "170207.031000", "170207.031000", "170207.046000", "170212.031000", "170212.031000", "170217.031000", "170217.031000", "170217.031000", "170222.031000", "170222.031000", "170222.046000", "170227.031000", "170227.031000", "170232.031000", "170232.031000", "170232.031000", "170237.031000", "170237.031000", "170242.031000", "170242.031000", "170242.031000", "170247.031000", "170247.031000", "170247.046000", "170252.031000", "170252.031000", "170257.031000", "170257.031000", "170257.046000", "170302.031000", "170302.031000", "170302.031000", "170307.031000", "170307.031000", "170312.031000", "170312.031000", "170312.046000", "170317.031000", "170317.031000", "170322.031000", "170322.031000", "170322.046000", "170327.031000", "170327.031000", "170332.031000", "170332.031000", "170332.046000", "170337.031000", "170337.031000", "170342.031000", "170342.031000", "170342.046000", "170347.031000", "170347.031000", "170347.046000", "170352.031000", "170352.031000", "170357.031000", "170357.046000", "170357.046000", "170402.031000", "170402.031000", "170407.031000", "170407.031000", "170407.046000", "170412.031000", "170412.031000", "170412.046000", "170417.031000", "170417.031000", "170422.031000", "170422.031000", "170422.046000", "170427.031000", "170427.046000", "170432.031000", "170432.031000", "170432.031000", "170437.031000", "170437.031000", "170437.046000", "170442.031000", "170442.031000", "170447.031000", "170447.031000", "170447.046000", "170452.031000", "170452.031000", "170452.046000", "170457.031000", "170457.031000", "170457.031000", "170502.031000", "170502.031000", "170507.031000", "170507.031000", "170507.046000", "170512.031000", "170512.062000", "170512.062000", "170517.031000", "170517.031000", "170522.031000", "170522.046000", "170522.046000", "170527.031000", "170527.031000", "170527.046000", "170532.031000", "170532.031000", "170532.046000", "170537.031000", "170537.031000", "170537.046000", "170542.031000", "170542.031000", "170547.031000", "170547.031000", "170547.031000", "170552.031000", "170552.031000", "170552.046000", "170557.031000", "170557.031000", "170602.031000", "170602.031000", "170602.046000", "170607.031000", "170607.031000", "170607.046000", "170612.031000", "170612.031000", "170612.031000", "170617.031000", "170617.031000", "170622.031000", "170622.031000", "170622.046000", "170627.031000", "170627.031000", "170627.046000", "170632.031000", "170632.031000", "170632.046000", "170637.031000", "170637.031000", "170642.031000", "170642.031000", "170642.046000", "170647.031000", "170647.031000", "170652.031000", "170652.031000", "170652.046000", "170657.031000", "170657.031000", "170702.031000", "170702.031000", "170702.046000", "170707.031000", "170707.031000", "170707.046000", "170712.031000", "170712.031000", "170712.046000", "170717.031000", "170717.031000", "170717.046000", "170722.031000", "170722.031000", "170727.031000", "170727.031000", "170727.046000", "170732.031000", "170732.031000", "170732.046000", "170737.031000", "170737.031000", "170742.031000", "170742.031000", "170742.046000", "170747.031000", "170747.031000", "170752.031000", "170752.031000", "170752.046000", "170757.031000", "170757.031000", "170802.031000", "170802.031000", "170807.031000", "170807.031000", "170807.046000", "170812.031000", "170812.031000", "170817.031000", "170817.031000", "170817.046000", "170822.031000", "170822.031000", "170827.031000", "170827.031000", "170827.046000", "170832.031000", "170832.031000", "170837.031000", "170837.031000", "170837.046000", "170842.031000", "170842.031000", "170842.046000", "170847.031000", "170847.031000", "170852.031000", "170852.031000", "170852.046000", "170857.031000", "170857.046000", "170857.046000", "170902.031000", "170902.046000", "170907.031000", "170907.046000", "170907.046000", "170912.031000", "170912.046000", "170917.031000", "170917.046000", "170917.046000", "170922.031000", "170922.046000", "170927.031000", "170927.046000", "170927.046000", "170932.031000", "170932.046000", "170937.031000", "170937.031000", "170937.031000", "170942.031000", "170942.031000", "170947.031000", "170947.031000", "170947.046000", "170952.031000", "170952.031000", "170952.031000", "170957.031000", "170957.031000", "171002.031000", "171002.031000", "171002.031000", "171007.031000", "171007.031000", "171012.031000", "171012.031000", "171012.031000", "171017.031000", "171017.031000", "171017.031000", "171022.031000", "171022.031000", "171027.031000", "171027.031000", "171027.031000", "171032.031000", "171032.031000", "171032.031000", "171037.031000", "171037.031000", "171042.031000", "171042.031000", "171042.031000", "171047.031000", "171047.031000", "171052.031000", "171052.031000", "171052.031000", "171057.031000", "171057.031000", "171102.031000", "171102.031000", "171102.031000", "171107.031000", "171107.031000", "171107.031000", "171112.031000", "171112.046000", "171117.031000", "171117.031000", "171117.031000", "171122.031000", "171122.031000", "171127.031000", "171127.031000", "171127.031000", "171132.031000", "171132.031000", "171134.093000", "171134.093000"], "InstanceCreationTime": ["165210.828000", "165217.031000", "165217.031000", "165217.046000", "165217.046000", "165222.031000", "165222.031000", "165227.031000", "165227.031000", "165227.046000", "165232.031000", "165232.031000", "165237.031000", "165237.031000", "165237.031000", "165242.031000", "165242.031000", "165247.031000", "165247.031000", "165247.031000", "165252.031000", "165252.031000", "165252.046000", "165257.031000", "165257.031000", "165302.031000", "165302.031000", "165302.031000", "165307.031000", "165307.062000", "165307.062000", "165312.031000", "165312.031000", "165317.031000", "165317.031000", "165317.046000", "165322.031000", "165322.031000", "165327.031000", "165327.031000", "165327.046000", "165332.031000", "165332.031000", "165337.031000", "165337.031000", "165337.046000", "165342.031000", "165342.031000", "165347.031000", "165347.031000", "165347.046000", "165352.031000", "165352.031000", "165357.031000", "165357.031000", "165357.046000", "165402.031000", "165402.031000", "165402.046000", "165407.031000", "165407.031000", "165412.031000", "165412.031000", "165417.031000", "165417.031000", "165417.046000", "165422.031000", "165422.031000", "165427.031000", "165427.031000", "165427.046000", "165432.031000", "165432.031000", "165437.031000", "165437.031000", "165437.046000", "165442.031000", "165442.031000", "165447.031000", "165447.031000", "165447.046000", "165452.031000", "165452.031000", "165457.031000", "165457.031000", "165457.046000", "165502.031000", "165502.031000", "165507.031000", "165507.046000", "165507.046000", "165512.031000", "165512.031000", "165512.046000", "165517.031000", "165517.031000", "165522.031000", "165522.031000", "165527.031000", "165527.031000", "165527.046000", "165532.031000", "165532.031000", "165537.031000", "165537.031000", "165537.046000", "165542.031000", "165542.031000", "165542.046000", "165547.031000", "165547.031000", "165552.031000", "165552.031000", "165552.046000", "165557.031000", "165557.031000", "165602.031000", "165602.031000", "165602.046000", "165607.031000", "165607.031000", "165612.031000", "165612.031000", "165612.046000", "165617.031000", "165617.031000", "165622.031000", "165622.031000", "165622.046000", "165627.031000", "165627.031000", "165632.031000", "165632.031000", "165632.046000", "165637.031000", "165637.031000", "165647.031000", "165647.031000", "165647.046000", "165647.046000", "165647.046000", "165652.031000", "165652.031000", "165652.046000", "165657.031000", "165657.031000", "165702.031000", "165702.031000", "165702.046000", "165707.031000", "165707.031000", "165712.031000", "165712.031000", "165712.046000", "165717.031000", "165717.031000", "165722.031000", "165722.031000", "165722.046000", "165727.031000", "165727.031000", "165732.031000", "165732.031000", "165732.046000", "165737.031000", "165737.031000", "165742.031000", "165742.031000", "165742.046000", "165747.031000", "165747.031000", "165752.031000", "165752.031000", "165752.046000", "165757.031000", "165757.031000", "165802.031000", "165802.031000", "165802.046000", "165807.031000", "165807.031000", "165812.031000", "165812.031000", "165812.046000", "165817.031000", "165817.031000", "165822.031000", "165822.031000", "165822.046000", "165827.031000", "165827.031000", "165832.031000", "165832.031000", "165832.046000", "165837.031000", "165837.046000", "165837.046000", "165842.031000", "165842.031000", "165847.031000", "165847.046000", "165847.046000", "165852.031000", "165852.031000", "165857.031000", "165857.031000", "165902.031000", "165902.031000", "165902.046000", "165907.031000", "165907.046000", "165907.046000", "165912.031000", "165912.031000", "165917.031000", "165917.031000", "165917.046000", "165922.031000", "165922.031000", "165927.031000", "165927.031000", "165927.031000", "165932.031000", "165932.031000", "165937.031000", "165937.062000", "165937.078000", "165942.031000", "165942.031000", "165947.031000", "165947.031000", "165947.031000", "165952.031000", "165952.031000", "165957.031000", "165957.031000", "165957.046000", "170002.031000", "170002.031000", "170007.031000", "170007.031000", "170007.046000", "170012.031000", "170012.031000", "170017.031000", "170017.031000", "170017.046000", "170022.031000", "170022.031000", "170022.031000", "170027.031000", "170027.031000", "170032.031000", "170032.031000", "170037.031000", "170037.031000", "170037.046000", "170042.031000", "170042.031000", "170042.046000", "170047.031000", "170047.078000", "170052.031000", "170052.031000", "170052.046000", "170057.031000", "170057.031000", "170102.031000", "170102.031000", "170102.046000", "170107.031000", "170107.031000", "170112.031000", "170112.031000", "170112.046000", "170117.031000", "170117.031000", "170122.031000", "170122.031000", "170122.046000", "170127.031000", "170127.031000", "170132.031000", "170132.031000", "170132.046000", "170137.031000", "170137.046000", "170142.031000", "170142.031000", "170142.046000", "170147.031000", "170147.031000", "170152.031000", "170152.031000", "170152.046000", "170157.031000", "170157.031000", "170157.031000", "170202.031000", "170202.031000", "170207.031000", "170207.031000", "170207.046000", "170212.031000", "170212.031000", "170217.031000", "170217.031000", "170217.031000", "170222.031000", "170222.031000", "170222.046000", "170227.031000", "170227.031000", "170232.031000", "170232.031000", "170232.031000", "170237.031000", "170237.031000", "170242.031000", "170242.031000", "170242.031000", "170247.031000", "170247.031000", "170247.046000", "170252.031000", "170252.031000", "170257.031000", "170257.031000", "170257.046000", "170302.031000", "170302.031000", "170302.031000", "170307.031000", "170307.031000", "170312.031000", "170312.031000", "170312.046000", "170317.031000", "170317.031000", "170322.031000", "170322.031000", "170322.046000", "170327.031000", "170327.031000", "170332.031000", "170332.031000", "170332.046000", "170337.031000", "170337.031000", "170342.031000", "170342.031000", "170342.046000", "170347.031000", "170347.031000", "170347.046000", "170352.031000", "170352.031000", "170357.031000", "170357.046000", "170357.046000", "170402.031000", "170402.031000", "170407.031000", "170407.031000", "170407.046000", "170412.031000", "170412.031000", "170412.046000", "170417.031000", "170417.031000", "170422.031000", "170422.031000", "170422.046000", "170427.031000", "170427.046000", "170432.031000", "170432.031000", "170432.031000", "170437.031000", "170437.031000", "170437.046000", "170442.031000", "170442.031000", "170447.031000", "170447.031000", "170447.046000", "170452.031000", "170452.031000", "170452.046000", "170457.031000", "170457.031000", "170457.031000", "170502.031000", "170502.031000", "170507.031000", "170507.031000", "170507.046000", "170512.031000", "170512.062000", "170512.062000", "170517.031000", "170517.031000", "170522.031000", "170522.046000", "170522.046000", "170527.031000", "170527.031000", "170527.046000", "170532.031000", "170532.031000", "170532.046000", "170537.031000", "170537.031000", "170537.046000", "170542.031000", "170542.031000", "170547.031000", "170547.031000", "170547.031000", "170552.031000", "170552.031000", "170552.046000", "170557.031000", "170557.031000", "170602.031000", "170602.031000", "170602.046000", "170607.031000", "170607.031000", "170607.046000", "170612.031000", "170612.031000", "170612.031000", "170617.031000", "170617.031000", "170622.031000", "170622.031000", "170622.046000", "170627.031000", "170627.031000", "170627.046000", "170632.031000", "170632.031000", "170632.046000", "170637.031000", "170637.031000", "170642.031000", "170642.031000", "170642.046000", "170647.031000", "170647.031000", "170652.031000", "170652.031000", "170652.046000", "170657.031000", "170657.031000", "170702.031000", "170702.031000", "170702.046000", "170707.031000", "170707.031000", "170707.046000", "170712.031000", "170712.031000", "170712.046000", "170717.031000", "170717.031000", "170717.046000", "170722.031000", "170722.031000", "170727.031000", "170727.031000", "170727.046000", "170732.031000", "170732.031000", "170732.046000", "170737.031000", "170737.031000", "170742.031000", "170742.031000", "170742.046000", "170747.031000", "170747.031000", "170752.031000", "170752.031000", "170752.046000", "170757.031000", "170757.031000", "170802.031000", "170802.031000", "170807.031000", "170807.031000", "170807.046000", "170812.031000", "170812.031000", "170817.031000", "170817.031000", "170817.046000", "170822.031000", "170822.031000", "170827.031000", "170827.031000", "170827.046000", "170832.031000", "170832.031000", "170837.031000", "170837.031000", "170837.046000", "170842.031000", "170842.031000", "170842.046000", "170847.031000", "170847.031000", "170852.031000", "170852.031000", "170852.046000", "170857.031000", "170857.046000", "170857.046000", "170902.031000", "170902.046000", "170907.031000", "170907.046000", "170907.046000", "170912.031000", "170912.046000", "170917.031000", "170917.046000", "170917.046000", "170922.031000", "170922.046000", "170927.031000", "170927.046000", "170927.046000", "170932.031000", "170932.046000", "170937.031000", "170937.031000", "170937.031000", "170942.031000", "170942.031000", "170947.031000", "170947.031000", "170947.046000", "170952.031000", "170952.031000", "170952.031000", "170957.031000", "170957.031000", "171002.031000", "171002.031000", "171002.031000", "171007.031000", "171007.031000", "171012.031000", "171012.031000", "171012.031000", "171017.031000", "171017.031000", "171017.031000", "171022.031000", "171022.031000", "171027.031000", "171027.031000", "171027.031000", "171032.031000", "171032.031000", "171032.031000", "171037.031000", "171037.031000", "171042.031000", "171042.031000", "171042.031000", "171047.031000", "171047.031000", "171052.031000", "171052.031000", "171052.031000", "171057.031000", "171057.031000", "171102.031000", "171102.031000", "171102.031000", "171107.031000", "171107.031000", "171107.031000", "171112.031000", "171112.046000", "171117.031000", "171117.031000", "171117.031000", "171122.031000", "171122.031000", "171127.031000", "171127.031000", "171127.031000", "171132.031000", "171132.031000", "171134.093000", "171134.093000"], "InstanceNumber": [1, 2, 3, 4, 5, 6, 7, 8, 9, 10, 11, 12, 13, 14, 15, 16, 17, 18, 19, 20, 21, 22, 23, 24, 25, 26, 27, 28, 29, 30, 31, 32, 33, 34, 35, 36, 37, 38, 39, 40, 41, 42, 43, 44, 45, 46, 47, 48, 49, 50, 51, 52, 53, 54, 55, 56, 57, 58, 59, 60, 61, 62, 63, 64, 65, 66, 67, 68, 69, 70, 71, 72, 73, 74, 75, 76, 77, 78, 79, 80, 81, 82, 83, 84, 85, 86, 87, 88, 89, 90, 91, 92, 93, 94, 95, 96, 97, 98, 99, 100, 101, 102, 103, 104, 105, 106, 107, 108, 109, 110, 111, 112, 113, 114, 115, 116, 117, 118, 119, 120, 121, 122, 123, 124, 125, 126, 127, 128, 129, 130, 131, 132, 133, 134, 135, 136, 137, 138, 139, 140, 141, 142, 143, 144, 145, 146, 147, 148, 149, 150, 151, 152, 153, 154, 155, 156, 157, 158, 159, 160, 161, 162, 163, 164, 165, 166, 167, 168, 169, 170, 171, 172, 173, 174, 175, 176, 177, 178, 179, 180, 181, 182, 183, 184, 185, 186, 187, 188, 189, 190, 191, 192, 193, 194, 195, 196, 197, 198, 199, 200, 201, 202, 203, 204, 205, 206, 207, 208, 209, 210, 211, 212, 213, 214, 215, 216, 217, 218, 219, 220, 221, 222, 223, 224, 225, 226, 227, 228, 229, 230, 231, 232, 233, 234, 235, 236, 237, 238, 239, 240, 241, 242, 243, 244, 245, 246, 247, 248, 249, 250, 251, 252, 253, 254, 255, 256, 257, 258, 259, 260, 261, 262, 263, 264, 265, 266, 267, 268, 269, 270, 271, 272, 273, 274, 275, 276, 277, 278, 279, 280, 281, 282, 283, 284, 285, 286, 287, 288, 289, 290, 291, 292, 293, 294, 295, 296, 297, 298, 299, 300, 301, 302, 303, 304, 305, 306, 307, 308, 309, 310, 311, 312, 313, 314, 315, 316, 317, 318, 319, 320, 321, 322, 323, 324, 325, 326, 327, 328, 329, 330, 331, 332, 333, 334, 335, 336, 337, 338, 339, 340, 341, 342, 343, 344, 345, 346, 347, 348, 349, 350, 351, 352, 353, 354, 355, 356, 357, 358, 359, 360, 361, 362, 363, 364, 365, 366, 367, 368, 369, 370, 371, 372, 373, 374, 375, 376, 377, 378, 379, 380, 381, 382, 383, 384, 385, 386, 387, 388, 389, 390, 391, 392, 393, 394, 395, 396, 397, 398, 399, 400, 401, 402, 403, 404, 405, 406, 407, 408, 409, 410, 411, 412, 413, 414, 415, 416, 417, 418, 419, 420, 421, 422, 423, 424, 425, 426, 427, 428, 429, 430, 431, 432, 433, 434, 435, 436, 437, 438, 439, 440, 441, 442, 443, 444, 445, 446, 447, 448, 449, 450, 451, 452, 453, 454, 455, 456, 457, 458, 459, 460, 461, 462, 463, 464, 465, 466, 467, 468, 469, 470, 471, 472, 473, 474, 475, 476, 477, 478, 479, 480, 481, 482, 483, 484, 485, 486, 487, 488, 489, 490, 491, 492, 493, 494, 495, 496, 497, 498, 499, 500, 501, 502, 503, 504, 505, 506, 507, 508, 509, 510, 511, 512, 513, 514, 515, 516, 517, 518, 519, 520, 521, 522, 523, 524, 525, 526, 527, 528, 529, 530, 531, 532, 533, 534, 535, 536, 537, 538, 539, 540, 541, 542, 543, 544, 545, 546, 547, 548, 549, 550, 551, 552, 553, 554, 555, 556, 557, 558, 559, 560, 561, 562, 563, 564, 565, 566, 567, 568, 569, 570, 571, 572, 573, 574, 575, 576, 577, 578, 579, 580, 581, 582, 583, 584, 585, 586, 587, 588, 589, 590, 591, 592, 593, 594, 595, 596, 597, 598, 599, 600], "LargestImagePixelValue": [62949, 65535, 63955, 62137, 54565, 57851, 58893, 63332, 51618, 62615, 64191, 62879, 52740, 55551, 58526, 60859, 62669, 53535, 57631, 62208, 65535, 64926, 56326, 62023, 60347, 63081, 52134, 56533, 61555, 54477, 58824, 64599, 64645, 55790, 58795, 62444, 63402, 62385, 57685, 63627, 63043, 54480, 59729, 61317, 63313, 55562, 65033, 65535, 50985, 59541, 61750, 60220, 63821, 52227, 55587, 63059, 65535, 55223, 57204, 61315, 62535, 64361, 51718, 57504, 61478, 65424, 58859, 59318, 62099, 61255, 62666, 57698, 53755, 60162, 65535, 50838, 56810, 61060, 62131, 61736, 52173, 56536, 63786, 65535, 52809, 65535, 65535, 57202, 61961, 65535, 52021, 58918, 61944, 62170, 65355, 52760, 65486, 63419, 63027, 60927, 59288, 56528, 61036, 63734, 65535, 65535, 54042, 55898, 60655, 61733, 60866, 65535, 64221, 63172, 60138, 65535, 65514, 64382, 52600, 58072, 61040, 62518, 65535, 53019, 65535, 65535, 65535, 65535, 62806, 56279, 61054, 64724, 65535, 58660, 65535, 65461, 65535, 63375, 55852, 60401, 65535, 65535, 59384, 65181, 65535, 65535, 61626, 58947, 63494, 65535, 65535, 60099, 65535, 64576, 65535, 65535, 51001, 59801, 64901, 65535, 64973, 57336, 59667, 61654, 65535, 65535, 56668, 62893, 63591, 65535, 65535, 63883, 63069, 65535, 49449, 56158, 60190, 65535, 65535, 60936, 65535, 58689, 59041, 65535, 65535, 59873, 52585, 57749, 65535, 65535, 59948, 61122, 55119, 56329, 58512, 60111, 61197, 64788, 52686, 62488, 62983, 63331, 63195, 62273, 55383, 62389, 65535, 65535, 60070, 63418, 65535, 65128, 65456, 64133, 56335, 65188, 64039, 65535, 55788, 65535, 65535, 65535, 65535, 65535, 53755, 61261, 64760, 65535, 65535, 61378, 65535, 65535, 65535, 64925, 65535, 51104, 58265, 63979, 65535, 65535, 65535, 63957, 59620, 63805, 64023, 65535, 65535, 65535, 53394, 62049, 64062, 65535, 65535, 65322, 65535, 65535, 57274, 65312, 65535, 65535, 65535, 65173, 65535, 65535, 55071, 64289, 65535, 65535, 65535, 65535, 65535, 58917, 64626, 65535, 65535, 65535, 65535, 57825, 60726, 65535, 65535, 65535, 57315, 64188, 65535, 65285, 65535, 65535, 62782, 56842, 64300, 65535, 65535, 65535, 59041, 65535, 65535, 65535, 65535, 65425, 60549, 65535, 65535, 53403, 62754, 60700, 65535, 65535, 62479, 58150, 64212, 64513, 65535, 63050, 60929, 65535, 65535, 65535, 65535, 54793, 65535, 61324, 63414, 65535, 56543, 60640, 63640, 65535, 54443, 64484, 65535, 65535, 65275, 65535, 53560, 60934, 65535, 65535, 65535, 59641, 65535, 64599, 65535, 64821, 57753, 65535, 65535, 65535, 58468, 65059, 65535, 65535, 65535, 56378, 64461, 65535, 65535, 65535, 65535, 59114, 65535, 65535, 62108, 63318, 65535, 65535, 58869, 65535, 65296, 65535, 65535, 65535, 57087, 59538, 65535, 65535, 65535, 65535, 58777, 61699, 65087, 65535, 65535, 52947, 63236, 65139, 65535, 65535, 65535, 61327, 65535, 65535, 65535, 59419, 61070, 65467, 65535, 65535, 65535, 62971, 65535, 65535, 65535, 65535, 65535, 59052, 65535, 65535, 65535, 65535, 65504, 61210, 65400, 65535, 65535, 65535, 59787, 65535, 65535, 65535, 65535, 65535, 65535, 60175, 63145, 65535, 65535, 65535, 65535, 65535, 65535, 65535, 65535, 56403, 62952, 64775, 65535, 65535, 65535, 65535, 65535, 65535, 65535, 65535, 57205, 63471, 65535, 65535, 65535, 65535, 65376, 65535, 65535, 65535, 65535, 65535, 59365, 64227, 65535, 65535, 65535, 65535, 61657, 65535, 65535, 57674, 65505, 65394, 53921, 65535, 65535, 65535, 65535, 65535, 60465, 59499, 65535, 63671, 65535, 65535, 59815, 65535, 65535, 63848, 65535, 65535, 65535, 63644, 60272, 65535, 65535, 65535, 65535, 65535, 65535, 61539, 65535, 65535, 65535, 65535, 65535, 62511, 61777, 65535, 65535, 65535, 65535, 65535, 65535, 65535, 65535, 65535, 65535, 65535, 65535, 65535, 62191, 65535, 65535, 65535, 65535, 65535, 60600, 65535, 65535, 65535, 65535, 65535, 61984, 62933, 65024, 65535, 65535, 65535, 56207, 65535, 65535, 65535, 65535, 65535, 65535, 57590, 65535, 65535, 65535, 65535, 65535, 65535, 65535, 62842, 65535, 65535, 65535, 65535, 65535, 65535, 64437, 65535, 65535, 65535, 65535, 65535, 63146, 65039, 65535, 65535, 65535, 56747, 63737, 65535, 65535, 65535, 65535, 65535, 65535, 65535, 65535, 65535, 63362, 65535, 65535, 65535, 65535, 65535, 65535, 65535, 65535, 65535, 65535, 65535, 60314, 65535, 65535, 65535, 65535, 65535, 65535, 65535, 61772, 65535], "WindowCenter": [9747.0, 9741.0, 9744.0, 9751.0, 9774.0, 9769.0, 9764.0, 9745.0, 9778.0, 9751.0, 9752.0, 9753.0, 9772.0, 9769.0, 9766.0, 9758.0, 9748.0, 9775.0, 9765.0, 9758.0, 9740.0, 9741.0, 9771.0, 9753.0, 9756.0, 9744.0, 9775.0, 9770.0, 9756.0, 9776.0, 9761.0, 9742.0, 9736.0, 9771.0, 9763.0, 9753.0, 9742.0, 9746.0, 9765.0, 9744.0, 9751.0, 9772.0, 9760.0, 9753.0, 9740.0, 9767.0, 9737.0, 9740.0, 9775.0, 9762.0, 9752.0, 9763.0, 9747.0, 9769.0, 9767.0, 9747.0, 9731.0, 9765.0, 9765.0, 9754.0, 9751.0, 9747.0, 9775.0, 9769.0, 9757.0, 9737.0, 9767.0, 9760.0, 9753.0, 9754.0, 9752.0, 9766.0, 9771.0, 9761.0, 9734.0, 9779.0, 9769.0, 9756.0, 9753.0, 9751.0, 9773.0, 9773.0, 9746.0, 9738.0, 9775.0, 9725.0, 9744.0, 9761.0, 9755.0, 9751.0, 9771.0, 9762.0, 9757.0, 9756.0, 9740.0, 9769.0, 9740.0, 9747.0, 9754.0, 9759.0, 9764.0, 9765.0, 9758.0, 9749.0, 9741.0, 9742.0, 9772.0, 9767.0, 9758.0, 9756.0, 9761.0, 9740.0, 9751.0, 9750.0, 9761.0, 9741.0, 9738.0, 9742.0, 9777.0, 9768.0, 9761.0, 9750.0, 9741.0, 9780.0, 9744.0, 9742.0, 9743.0, 9739.0, 9747.0, 9768.0, 9758.0, 9743.0, 9740.0, 9769.0, 9739.0, 9737.0, 9740.0, 9747.0, 9770.0, 9759.0, 9742.0, 9742.0, 9760.0, 9736.0, 9745.0, 9741.0, 9756.0, 9764.0, 9746.0, 9736.0, 9735.0, 9758.0, 9737.0, 9740.0, 9741.0, 9735.0, 9772.0, 9757.0, 9739.0, 9738.0, 9739.0, 9766.0, 9757.0, 9756.0, 9741.0, 9736.0, 9772.0, 9753.0, 9743.0, 9741.0, 9742.0, 9746.0, 9744.0, 9734.0, 9750.0, 9768.0, 9766.0, 9742.0, 9725.0, 9750.0, 9745.0, 9761.0, 9765.0, 9711.0, 9738.0, 9757.0, 9759.0, 9767.0, 9751.0, 9754.0, 9765.0, 9763.0, 9770.0, 9769.0, 9771.0, 9770.0, 9763.0, 9751.0, 9782.0, 9763.0, 9764.0, 9762.0, 9759.0, 9761.0, 9777.0, 9762.0, 9751.0, 9748.0, 9768.0, 9755.0, 9747.0, 9751.0, 9750.0, 9754.0, 9773.0, 9745.0, 9753.0, 9745.0, 9777.0, 9747.0, 9746.0, 9747.0, 9746.0, 9741.0, 9774.0, 9757.0, 9745.0, 9739.0, 9747.0, 9758.0, 9744.0, 9746.0, 9746.0, 9748.0, 9739.0, 9777.0, 9770.0, 9750.0, 9748.0, 9749.0, 9743.0, 9748.0, 9768.0, 9749.0, 9750.0, 9746.0, 9741.0, 9742.0, 9784.0, 9750.0, 9745.0, 9741.0, 9744.0, 9742.0, 9740.0, 9738.0, 9773.0, 9744.0, 9749.0, 9745.0, 9738.0, 9744.0, 9743.0, 9744.0, 9777.0, 9748.0, 9740.0, 9738.0, 9743.0, 9740.0, 9741.0, 9768.0, 9745.0, 9745.0, 9743.0, 9745.0, 9737.0, 9769.0, 9757.0, 9742.0, 9746.0, 9738.0, 9774.0, 9749.0, 9739.0, 9746.0, 9743.0, 9745.0, 9751.0, 9772.0, 9744.0, 9742.0, 9739.0, 9742.0, 9771.0, 9741.0, 9746.0, 9740.0, 9743.0, 9741.0, 9759.0, 9744.0, 9737.0, 9774.0, 9757.0, 9763.0, 9735.0, 9739.0, 9752.0, 9765.0, 9748.0, 9746.0, 9740.0, 9747.0, 9762.0, 9740.0, 9741.0, 9738.0, 9739.0, 9771.0, 9745.0, 9758.0, 9745.0, 9736.0, 9772.0, 9763.0, 9750.0, 9740.0, 9778.0, 9747.0, 9741.0, 9745.0, 9744.0, 9740.0, 9772.0, 9755.0, 9741.0, 9742.0, 9741.0, 9763.0, 9743.0, 9743.0, 9739.0, 9744.0, 9770.0, 9738.0, 9736.0, 9738.0, 9767.0, 9739.0, 9742.0, 9744.0, 9739.0, 9771.0, 9741.0, 9734.0, 9741.0, 9736.0, 9740.0, 9769.0, 9747.0, 9743.0, 9755.0, 9755.0, 9738.0, 9739.0, 9769.0, 9743.0, 9746.0, 9742.0, 9744.0, 9743.0, 9775.0, 9763.0, 9741.0, 9742.0, 9736.0, 9739.0, 9767.0, 9754.0, 9738.0, 9740.0, 9740.0, 9778.0, 9747.0, 9741.0, 9742.0, 9742.0, 9736.0, 9757.0, 9745.0, 9746.0, 9741.0, 9762.0, 9754.0, 9739.0, 9742.0, 9741.0, 9738.0, 9748.0, 9735.0, 9736.0, 9739.0, 9735.0, 9735.0, 9763.0, 9743.0, 9743.0, 9743.0, 9742.0, 9737.0, 9756.0, 9739.0, 9744.0, 9739.0, 9737.0, 9759.0, 9738.0, 9734.0, 9745.0, 9740.0, 9736.0, 9733.0, 9761.0, 9749.0, 9739.0, 9735.0, 9742.0, 9738.0, 9743.0, 9736.0, 9735.0, 9740.0, 9773.0, 9747.0, 9746.0, 9742.0, 9742.0, 9738.0, 9742.0, 9745.0, 9741.0, 9739.0, 9741.0, 9771.0, 9748.0, 9744.0, 9748.0, 9746.0, 9738.0, 9739.0, 9741.0, 9742.0, 9744.0, 9742.0, 9743.0, 9768.0, 9744.0, 9741.0, 9742.0, 9743.0, 9741.0, 9759.0, 9748.0, 9743.0, 9758.0, 9739.0, 9744.0, 9773.0, 9746.0, 9752.0, 9756.0, 9750.0, 9750.0, 9765.0, 9770.0, 9748.0, 9759.0, 9749.0, 9752.0, 9774.0, 9749.0, 9749.0, 9757.0, 9749.0, 9748.0, 9749.0, 9752.0, 9769.0, 9750.0, 9750.0, 9754.0, 9748.0, 9750.0, 9749.0, 9760.0, 9747.0, 9748.0, 9748.0, 9751.0, 9744.0, 9762.0, 9762.0, 9742.0, 9748.0, 9745.0, 9741.0, 9747.0, 9745.0, 9748.0, 9744.0, 9744.0, 9748.0, 9745.0, 9745.0, 9745.0, 9759.0, 9746.0, 9748.0, 9748.0, 9745.0, 9738.0, 9761.0, 9742.0, 9743.0, 9738.0, 9747.0, 9748.0, 9762.0, 9756.0, 9745.0, 9747.0, 9745.0, 9744.0, 9776.0, 9747.0, 9749.0, 9744.0, 9746.0, 9746.0, 9740.0, 9773.0, 9741.0, 9742.0, 9741.0, 9747.0, 9747.0, 9742.0, 9741.0, 9757.0, 9746.0, 9746.0, 9738.0, 9742.0, 9740.0, 9736.0, 9748.0, 9746.0, 9744.0, 9746.0, 9740.0, 9740.0, 9752.0, 9741.0, 9738.0, 9737.0, 9735.0, 9776.0, 9749.0, 9736.0, 9737.0, 9735.0, 9737.0, 9738.0, 9744.0, 9740.0, 9743.0, 9738.0, 9749.0, 9744.0, 9744.0, 9740.0, 9742.0, 9738.0, 9733.0, 9737.0, 9741.0, 9743.0, 9741.0, 9739.0, 9761.0, 9735.0, 9737.0, 9735.0, 9742.0, 9738.0, 9741.0, 9738.0, 9757.0, 9731.0], "WindowWidth": [23906.0, 23945.0, 23823.0, 23729.0, 23338.0, 23498.0, 23626.0, 23806.0, 23207.0, 23743.0, 23873.0, 23761.0, 23295.0, 23424.0, 23575.0, 23713.0, 23768.0, 23326.0, 23516.0, 23747.0, 23939.0, 23864.0, 23451.0, 23793.0, 23694.0, 23794.0, 23244.0, 23532.0, 23798.0, 23420.0, 23580.0, 23952.0, 23869.0, 23448.0, 23541.0, 23787.0, 23848.0, 23784.0, 23510.0, 23885.0, 23775.0, 23360.0, 23635.0, 23758.0, 23813.0, 23424.0, 23938.0, 23935.0, 23185.0, 23587.0, 23678.0, 23641.0, 23784.0, 23228.0, 23415.0, 23837.0, 23954.0, 23452.0, 23510.0, 23755.0, 23808.0, 23846.0, 23228.0, 23565.0, 23783.0, 23948.0, 23638.0, 23609.0, 23763.0, 23747.0, 23783.0, 23551.0, 23306.0, 23741.0, 24021.0, 23215.0, 23563.0, 23799.0, 23843.0, 23764.0, 23241.0, 23463.0, 23929.0, 23923.0, 23253.0, 23433.0, 23768.0, 23376.0, 23685.0, 23832.0, 23167.0, 23461.0, 23633.0, 23648.0, 23783.0, 23137.0, 23819.0, 23787.0, 23679.0, 23603.0, 23512.0, 23364.0, 23580.0, 23727.0, 23855.0, 23798.0, 23329.0, 23384.0, 23590.0, 23730.0, 23682.0, 23890.0, 23793.0, 23774.0, 23610.0, 23942.0, 23920.0, 23838.0, 23268.0, 23536.0, 23706.0, 23854.0, 23899.0, 23310.0, 23906.0, 24000.0, 23921.0, 23851.0, 23727.0, 23436.0, 23650.0, 23891.0, 23908.0, 23590.0, 24001.0, 23948.0, 23893.0, 23825.0, 23461.0, 23665.0, 23963.0, 23921.0, 23650.0, 23952.0, 23933.0, 23894.0, 23762.0, 23584.0, 23812.0, 23954.0, 23919.0, 23659.0, 23893.0, 23909.0, 23888.0, 23847.0, 23111.0, 23586.0, 23894.0, 23880.0, 23863.0, 23497.0, 23575.0, 23679.0, 23913.0, 23898.0, 23438.0, 23829.0, 23914.0, 23941.0, 23853.0, 23794.0, 23616.0, 23554.0, 22878.0, 23364.0, 23600.0, 23734.0, 23362.0, 23341.0, 23783.0, 23473.0, 23600.0, 23075.0, 23519.0, 23362.0, 22979.0, 23306.0, 23851.0, 23793.0, 23474.0, 23516.0, 23212.0, 23260.0, 23429.0, 23592.0, 23594.0, 23804.0, 23252.0, 23642.0, 23779.0, 23792.0, 23739.0, 23703.0, 23355.0, 23709.0, 23884.0, 23862.0, 23629.0, 23691.0, 23891.0, 23873.0, 23798.0, 23781.0, 23419.0, 23787.0, 23821.0, 23873.0, 23424.0, 23792.0, 23932.0, 23892.0, 23858.0, 23850.0, 23322.0, 23664.0, 23891.0, 23975.0, 23895.0, 23725.0, 23880.0, 23887.0, 23890.0, 23886.0, 23879.0, 23199.0, 23609.0, 23954.0, 23920.0, 23908.0, 23939.0, 23866.0, 23640.0, 23801.0, 23762.0, 23910.0, 23940.0, 23912.0, 23355.0, 23792.0, 23802.0, 23849.0, 23912.0, 23917.0, 23910.0, 23898.0, 23524.0, 23812.0, 23888.0, 23907.0, 23916.0, 23892.0, 23885.0, 23874.0, 23403.0, 23801.0, 23971.0, 23960.0, 23922.0, 23894.0, 23865.0, 23610.0, 23845.0, 23894.0, 23960.0, 23870.0, 23925.0, 23593.0, 23687.0, 23966.0, 23968.0, 23929.0, 23574.0, 23879.0, 23896.0, 23909.0, 23985.0, 23916.0, 23811.0, 23534.0, 23868.0, 23957.0, 23989.0, 23950.0, 23611.0, 23975.0, 23976.0, 23935.0, 23903.0, 23863.0, 23671.0, 23918.0, 23922.0, 23272.0, 23737.0, 23734.0, 23880.0, 23854.0, 23697.0, 23526.0, 23746.0, 23826.0, 23863.0, 23750.0, 23642.0, 23816.0, 23825.0, 23877.0, 23854.0, 23299.0, 23848.0, 23767.0, 23825.0, 23906.0, 23504.0, 23682.0, 23892.0, 23961.0, 23429.0, 23874.0, 23872.0, 23909.0, 23917.0, 23881.0, 23278.0, 23640.0, 23916.0, 23922.0, 23871.0, 23613.0, 23899.0, 23902.0, 23892.0, 23866.0, 23537.0, 23953.0, 23990.0, 23933.0, 23617.0, 23840.0, 23871.0, 23937.0, 23845.0, 23448.0, 23886.0, 23974.0, 23969.0, 23932.0, 23918.0, 23597.0, 23857.0, 23979.0, 23794.0, 23838.0, 23929.0, 23895.0, 23612.0, 23960.0, 24010.0, 23978.0, 23948.0, 23922.0, 23556.0, 23673.0, 23950.0, 24002.0, 23963.0, 23937.0, 23643.0, 23733.0, 23837.0, 23937.0, 23925.0, 23326.0, 23913.0, 23968.0, 23960.0, 23893.0, 23925.0, 23705.0, 23891.0, 23914.0, 23920.0, 23694.0, 23735.0, 23868.0, 23945.0, 23945.0, 23917.0, 23813.0, 23878.0, 23884.0, 23906.0, 23904.0, 23876.0, 23605.0, 23917.0, 23971.0, 23934.0, 23947.0, 23940.0, 23740.0, 23838.0, 23858.0, 23943.0, 23926.0, 23720.0, 23894.0, 23877.0, 23879.0, 23912.0, 23943.0, 23914.0, 23729.0, 23822.0, 23877.0, 23881.0, 23829.0, 23830.0, 23867.0, 23919.0, 23939.0, 23947.0, 23565.0, 23897.0, 23918.0, 23932.0, 23910.0, 23888.0, 23920.0, 23953.0, 23962.0, 23923.0, 23920.0, 23557.0, 23805.0, 23899.0, 23920.0, 23916.0, 23905.0, 23886.0, 23871.0, 23882.0, 23881.0, 23919.0, 23911.0, 23637.0, 23828.0, 23962.0, 23989.0, 23888.0, 23889.0, 23725.0, 23905.0, 23993.0, 23334.0, 23704.0, 23802.0, 23309.0, 23831.0, 23813.0, 23920.0, 23864.0, 23820.0, 23620.0, 23556.0, 23801.0, 23812.0, 23899.0, 23895.0, 23620.0, 23926.0, 23968.0, 23848.0, 23911.0, 23867.0, 23849.0, 23800.0, 23616.0, 23851.0, 23937.0, 23936.0, 23858.0, 23842.0, 23865.0, 23670.0, 23824.0, 23908.0, 23974.0, 23887.0, 23908.0, 23798.0, 23702.0, 23862.0, 23879.0, 23920.0, 23962.0, 23914.0, 23948.0, 23873.0, 23947.0, 23959.0, 23940.0, 23913.0, 23876.0, 23852.0, 23710.0, 23893.0, 23935.0, 23927.0, 23925.0, 23966.0, 23734.0, 23884.0, 23858.0, 23953.0, 23919.0, 23858.0, 23760.0, 23792.0, 23845.0, 23897.0, 23933.0, 23950.0, 23486.0, 23927.0, 23880.0, 23915.0, 23913.0, 23926.0, 23901.0, 23516.0, 23871.0, 23925.0, 23942.0, 23922.0, 23896.0, 23859.0, 23944.0, 23792.0, 23935.0, 23997.0, 23954.0, 23904.0, 23899.0, 23910.0, 23893.0, 23909.0, 23951.0, 23897.0, 23899.0, 23916.0, 23815.0, 23839.0, 23889.0, 24022.0, 23997.0, 23570.0, 23914.0, 23992.0, 23945.0, 23904.0, 23892.0, 23949.0, 23962.0, 23949.0, 23962.0, 23933.0, 23842.0, 23885.0, 23954.0, 23988.0, 23957.0, 23950.0, 23973.0, 23881.0, 23913.0, 23923.0, 23926.0, 23916.0, 23697.0, 23883.0, 23984.0, 23960.0, 23876.0, 23885.0, 23853.0, 23921.0, 23749.0, 24019.0]}, "slices": {}}}