{"AcquisitionMatrixPE": 256, "AcquisitionNumber": 1, "AcquisitionTime": "17:28:58.752500", "BaseResolution": 256, "BodyPartExamined": "BRAIN", "ConsistencyInfo": "N4_VD11D_LATEST_20110129", "ConversionSoftware": "dcm2niix", "ConversionSoftwareVersion": "v1.0.20210317", "DeviceSerialNumber": "45239", "DwellTime": 3.4e-06, "EchoTime": 0.56, "EchoTrainLength": 292, "FlipAngle": 120, "ImageOrientationPatientDICOM": [0.0287357, 0.998343, -0.0498652, 0.054004, -0.0513635, -0.997219], "ImageType": ["ORIGINAL", "PRIMARY", "M", "ND", "NORM"], "ImagingFrequency": 123.193, "InPlanePhaseEncodingDirectionDICOM": "ROW", "InstitutionAddress": "E 24th St. 100,Austin,Southmiddle,US,78712", "InstitutionName": "Univ of Texas at Austin", "InstitutionalDepartmentName": "IRC", "MRAcquisitionType": "3D", "MagneticFieldStrength": 3, "Manufacturer": "Siemens", "ManufacturersModelName": "Skyra", "Modality": "MR", "ParallelReductionFactorInPlane": 2, "PartialFourier": 1, "PatientPosition": "HFS", "PercentPhaseFOV": 100, "PercentSampling": 100, "PhaseEncodingDirection": "i", "PhaseEncodingSteps": 260, "PhaseOversampling": 0.1, "PhaseResolution": 1, "PixelBandwidth": 575, "ProcedureStepDescription": "Poldrack2^self-scanning", "ProtocolName": "T2w_SPC1_PMC", "PulseSequenceDetails": "%SiemensSeq%\\tse_vfl", "ReceiveCoilActiveElements": "HEA;HEP", "ReceiveCoilName": "Head_32", "ReconMatrixPE": 256, "RefLinesPE": 32, "RepetitionTime": 3.2, "SAR": 0.159026, "ScanOptions": "PFP", "ScanningSequence": "SE", "SequenceName": "*spc3d1_314ns", "SequenceVariant": "SK\\SP\\OSP", "SeriesDescription": "T2w_SPC1_PMC", "SeriesNumber": 13, "ShimSetting": [-2777, 8033, -15540, 110, -209, -172, 89, -35], "SliceThickness": 0.8, "SoftwareVersions": "syngo MR D11", "StationName": "AWP45239", "TxRefAmp": 343.564, "dcmmeta_affine": [[0.79850172996521, 0.02301102504134178, 0.04324536770582199, -105.43376922607422], [-0.020770303905010223, 0.7994539737701416, -0.041130922734737396, -102.94233703613281], [-0.04431234300136566, 0.03993111848831177, 0.7985541224479675, -82.09398651123047], [0.0, 0.0, 0.0, 1.0]], "dcmmeta_reorient_transform": [[0.0, 0.0, -1.0, 255.0], [0.0, -1.0, 0.0, 255.0], [-1.0, 0.0, 0.0, 255.0], [0.0, 0.0, 0.0, 1.0]], "dcmmeta_shape": [256, 256, 256], "dcmmeta_slice_dim": 0, "dcmmeta_version": 0.6, "global": {"const": {"AcquisitionMatrix": [0, 256, 256, 0], "AcquisitionNumber": 1, "AcquisitionTime": "172858.752500", "AngioFlag": "N", "BitsAllocated": 16, "BitsStored": 12, "BodyPartExamined": "BRAIN", "Columns": 256, "EchoNumbers": 1, "EchoTime": 560.0, "EchoTrainLength": 292, "FlipAngle": 120.0, "HighBit": 11, "ImageOrientationPatient": [0.02873571850733, 0.99834248650404, -0.0498651995163, 0.0540039719002, -0.0513634937287, -0.9972188137671], "ImageType": ["ORIGINAL", "PRIMARY", "M", "ND", "NORM"], "ImagedNucleus": "1H", "ImagingFrequency": 123.193316, "InPlanePhaseEncodingDirection": "ROW", "MRAcquisitionType": "3D", "MagneticFieldStrength": 3.0, "Manufacturer": "SIEMENS", "ManufacturerModelName": "Skyra", "Modality": "MR", "NumberOfAverages": 1.0, "NumberOfPhaseEncodingSteps": 260, "PercentPhaseFieldOfView": 100.0, "PercentSampling": 100.0, "PerformedProcedureStepStartTime": "165318.734000", "PhotometricInterpretation": "MONOCHROME2", "PixelBandwidth": 575.0, "PixelRepresentation": 0, "PixelSpacing": [0.80078125, 0.80078125], "ProtocolName": "T2w_SPC1_PMC", "RepetitionTime": 3200.0, "Rows": 256, "SAR": 0.15902617586215, "SamplesPerPixel": 1, "ScanOptions": "PFP", "ScanningSequence": "SE", "SequenceName": "*spc3d1_314ns", "SequenceVariant": ["SK", "SP", "OSP"], "SeriesDescription": "T2w_SPC1_PMC", "SeriesNumber": 13, "SeriesTime": "173559.328000", "SliceThickness": 0.80000001192093, "SmallestImagePixelValue": 0, "SoftwareVersions": "syngo MR D11", "SpecificCharacterSet": "ISO_IR 100", "StudyID": "2", "StudyTime": "165318.703000", "TransmitCoilName": "Body", "VariableFlipAngleFlag": "Y", "WindowCenterWidthExplanation": "Algo1", "dBdt": 0.0}, "slices": {"ContentTime": ["173601.265000", "173601.265000", "173601.234000", "173601.234000", "173601.218000", "173601.218000", "173601.218000", "173601.218000", "173601.218000", "173601.218000", "173601.218000", "173601.218000", "173601.218000", "173601.203000", "173601.203000", "173601.203000", "173601.203000", "173601.203000", "173601.203000", "173601.203000", "173601.203000", "173601.203000", "173601.187000", "173601.187000", "173601.187000", "173601.187000", "173601.187000", "173601.187000", "173601.171000", "173601.171000", "173601.171000", "173601.171000", "173601.171000", "173601.171000", "173601.171000", "173601.171000", "173601.156000", "173601.156000", "173601.156000", "173601.156000", "173601.156000", "173601.156000", "173601.156000", "173601.140000", "173601.140000", "173601.140000", "173601.140000", "173601.140000", "173601.140000", "173601.140000", "173601.140000", "173601.140000", "173601.125000", "173601.125000", "173601.125000", "173601.125000", "173559.828000", "173559.828000", "173559.812000", "173559.812000", "173559.812000", "173559.812000", "173559.812000", "173559.812000", "173559.812000", "173559.812000", "173559.796000", "173559.796000", "173559.796000", "173559.781000", "173559.781000", "173559.781000", "173559.781000", "173559.781000", "173559.781000", "173559.765000", "173559.765000", "173559.765000", "173559.765000", "173559.765000", "173559.750000", "173559.750000", "173559.734000", "173559.734000", "173559.734000", "173559.734000", "173559.734000", "173559.734000", "173559.734000", "173559.718000", "173559.718000", "173559.718000", "173559.718000", "173559.718000", "173559.718000", "173559.718000", "173559.703000", "173559.703000", "173559.703000", "173559.703000", "173559.703000", "173559.703000", "173559.687000", "173559.687000", "173559.687000", "173559.671000", "173559.671000", "173559.671000", "173559.671000", "173559.671000", "173559.671000", "173559.656000", "173559.656000", "173559.656000", "173559.656000", "173559.640000", "173559.640000", "173559.640000", "173559.625000", "173559.625000", "173559.625000", "173559.625000", "173559.625000", "173559.625000", "173559.625000", "173559.625000", "173559.609000", "173559.609000", "173559.609000", "173559.609000", "173559.609000", "173559.609000", "173559.593000", "173559.593000", "173559.593000", "173559.593000", "173559.593000", "173559.593000", "173559.593000", "173559.593000", "173559.593000", "173559.578000", "173559.578000", "173559.578000", "173559.578000", "173559.578000", "173559.578000", "173559.578000", "173559.562000", "173559.562000", "173559.562000", "173559.562000", "173559.562000", "173559.562000", "173559.562000", "173559.546000", "173559.546000", "173559.546000", "173559.531000", "173559.531000", "173559.531000", "173559.531000", "173559.531000", "173559.531000", "173559.531000", "173559.531000", "173559.531000", "173559.515000", "173559.515000", "173559.515000", "173559.515000", "173559.515000", "173559.515000", "173559.515000", "173559.515000", "173559.500000", "173559.500000", "173559.500000", "173559.500000", "173559.500000", "173559.500000", "173559.500000", "173559.500000", "173559.500000", "173559.484000", "173559.484000", "173559.484000", "173559.484000", "173559.484000", "173559.484000", "173559.484000", "173559.484000", "173559.468000", "173559.468000", "173559.468000", "173559.468000", "173559.468000", "173559.468000", "173559.453000", "173559.453000", "173559.453000", "173559.453000", "173559.453000", "173559.453000", "173559.453000", "173559.453000", "173559.437000", "173559.437000", "173559.437000", "173559.437000", "173559.437000", "173559.437000", "173559.437000", "173559.437000", "173559.437000", "173559.421000", "173559.421000", "173559.421000", "173559.421000", "173559.421000", "173559.421000", "173559.406000", "173559.406000", "173559.406000", "173559.406000", "173559.406000", "173559.406000", "173559.406000", "173559.406000", "173559.390000", "173559.390000", "173559.390000", "173559.390000", "173559.390000", "173559.390000", "173559.390000", "173559.390000", "173559.390000", "173559.375000", "173559.375000", "173559.375000", "173559.375000", "173559.375000", "173559.375000", "173559.359000", "173559.359000", "173559.359000", "173559.359000", "173559.359000", "173559.343000", "173559.343000", "173559.343000", "173559.343000", "173559.343000", "173559.343000", "173559.343000"], "CsaImage.Actual3DImaPartNumber": [255, 254, 253, 252, 251, 250, 249, 248, 247, 246, 245, 244, 243, 242, 241, 240, 239, 238, 237, 236, 235, 234, 233, 232, 231, 230, 229, 228, 227, 226, 225, 224, 223, 222, 221, 220, 219, 218, 217, 216, 215, 214, 213, 212, 211, 210, 209, 208, 207, 206, 205, 204, 203, 202, 201, 200, 199, 198, 197, 196, 195, 194, 193, 192, 191, 190, 189, 188, 187, 186, 185, 184, 183, 182, 181, 180, 179, 178, 177, 176, 175, 174, 173, 172, 171, 170, 169, 168, 167, 166, 165, 164, 163, 162, 161, 160, 159, 158, 157, 156, 155, 154, 153, 152, 151, 150, 149, 148, 147, 146, 145, 144, 143, 142, 141, 140, 139, 138, 137, 136, 135, 134, 133, 132, 131, 130, 129, 128, 127, 126, 125, 124, 123, 122, 121, 120, 119, 118, 117, 116, 115, 114, 113, 112, 111, 110, 109, 108, 107, 106, 105, 104, 103, 102, 101, 100, 99, 98, 97, 96, 95, 94, 93, 92, 91, 90, 89, 88, 87, 86, 85, 84, 83, 82, 81, 80, 79, 78, 77, 76, 75, 74, 73, 72, 71, 70, 69, 68, 67, 66, 65, 64, 63, 62, 61, 60, 59, 58, 57, 56, 55, 54, 53, 52, 51, 50, 49, 48, 47, 46, 45, 44, 43, 42, 41, 40, 39, 38, 37, 36, 35, 34, 33, 32, 31, 30, 29, 28, 27, 26, 25, 24, 23, 22, 21, 20, 19, 18, 17, 16, 15, 14, 13, 12, 11, 10, 9, 8, 7, 6, 5, 4, 3, 2, 1, 0], "CsaImage.GSWDDataType": ["measured", "measured", "measured", "measured", "measured", "measured", "measured", "measured", "measured", "measured", "measured", "measured", "measured", "measured", "measured", "measured", "measured", "measured", "measured", "measured", "measured", "measured", "measured", "measured", "measured", "measured", "measured", "measured", "measured", "measured", "measured", "measured", "measured", "measured", "measured", "measured", "measured", "measured", "measured", "measured", "measured", "measured", "measured", "measured", "measured", "measured", "measured", "measured", "measured", "measured", "measured", "measured", "measured", "measured", "measured", "measured", "measured", "measured", "measured", "measured", "measured", "measured", "measured", "measured", "measured", "measured", "measured", "measured", "measured", "measured", "measured", "measured", "measured", "measured", "measured", "measured", "measured", "measured", "measured", "measured", "measured", "measured", "measured", "measured", "measured", "measured", "measured", "measured", "measured", "measured", "measured", "measured", "measured", "measured", "measured", "measured", "measured", "measured", "measured", "measured", "measured", "measured", "measured", "measured", "measured", "measured", "measured", "measured", "measured", "measured", "measured", "measured", "measured", "measured", "measured", "measured", "measured", "measured", "measured", "measured", "measured", "measured", "measured", "measured", "measured", "measured", "measured", "measured", "measured", "measured", "measured", "measured", "measured", "measured", "measured", "measured", "measured", "measured", "measured", "measured", "measured", "measured", "measured", "measured", "measured", "measured", "measured", "measured", "measured", "measured", "measured", "measured", "measured", "measured", "measured", "measured", "measured", "measured", "measured", "measured", "measured", "measured", "measured", "measured", "measured", "measured", "measured", "measured", "measured", "measured", "measured", "measured", "measured", "measured", "measured", "measured", "measured", "measured", "measured", "measured", "measured", "measured", "measured", "measured", "measured", "measured", "measured", "measured", "measured", "measured", "measured", "measured", "measured", "measured", "measured", "measured", "measured", "measured", "measured", "measured", "measured", "measured", "measured", "measured", "measured", "measured", "measured", "measured", "measured", "measured", "measured", "measured", "measured", "measured", "measured", "measured", "measured", "measured", "measured", "measured", "measured", "measured", "measured", "measured", "measured", "measured", "measured", "measured", "measured", "measured", "measured", "measured", "measured", "measured", "measured", "measured", "measured", "measured", "measured", "measured", "measured", "measured", "measured", "measured", "measured", "measured", "measured", "measured", "measured", "measured", "measured", "predicted", "predicted", "predicted", "predicted", "predicted"], "CsaImage.ICE_Dims": ["X_1_1_1_1_1_256_1_1_1_1_1_413", "X_1_1_1_1_1_255_1_1_1_1_1_413", "X_1_1_1_1_1_254_1_1_1_1_1_413", "X_1_1_1_1_1_253_1_1_1_1_1_413", "X_1_1_1_1_1_252_1_1_1_1_1_413", "X_1_1_1_1_1_251_1_1_1_1_1_413", "X_1_1_1_1_1_250_1_1_1_1_1_413", "X_1_1_1_1_1_249_1_1_1_1_1_413", "X_1_1_1_1_1_248_1_1_1_1_1_413", "X_1_1_1_1_1_247_1_1_1_1_1_413", "X_1_1_1_1_1_246_1_1_1_1_1_413", "X_1_1_1_1_1_245_1_1_1_1_1_413", "X_1_1_1_1_1_244_1_1_1_1_1_413", "X_1_1_1_1_1_243_1_1_1_1_1_413", "X_1_1_1_1_1_242_1_1_1_1_1_413", "X_1_1_1_1_1_241_1_1_1_1_1_413", "X_1_1_1_1_1_240_1_1_1_1_1_413", "X_1_1_1_1_1_239_1_1_1_1_1_413", "X_1_1_1_1_1_238_1_1_1_1_1_413", "X_1_1_1_1_1_237_1_1_1_1_1_413", "X_1_1_1_1_1_236_1_1_1_1_1_413", "X_1_1_1_1_1_235_1_1_1_1_1_413", "X_1_1_1_1_1_234_1_1_1_1_1_413", "X_1_1_1_1_1_233_1_1_1_1_1_413", "X_1_1_1_1_1_232_1_1_1_1_1_413", "X_1_1_1_1_1_231_1_1_1_1_1_413", "X_1_1_1_1_1_230_1_1_1_1_1_413", "X_1_1_1_1_1_229_1_1_1_1_1_413", "X_1_1_1_1_1_228_1_1_1_1_1_413", "X_1_1_1_1_1_227_1_1_1_1_1_413", "X_1_1_1_1_1_226_1_1_1_1_1_413", "X_1_1_1_1_1_225_1_1_1_1_1_413", "X_1_1_1_1_1_224_1_1_1_1_1_413", "X_1_1_1_1_1_223_1_1_1_1_1_413", "X_1_1_1_1_1_222_1_1_1_1_1_413", "X_1_1_1_1_1_221_1_1_1_1_1_413", "X_1_1_1_1_1_220_1_1_1_1_1_413", "X_1_1_1_1_1_219_1_1_1_1_1_413", "X_1_1_1_1_1_218_1_1_1_1_1_413", "X_1_1_1_1_1_217_1_1_1_1_1_413", "X_1_1_1_1_1_216_1_1_1_1_1_413", "X_1_1_1_1_1_215_1_1_1_1_1_413", "X_1_1_1_1_1_214_1_1_1_1_1_413", "X_1_1_1_1_1_213_1_1_1_1_1_413", "X_1_1_1_1_1_212_1_1_1_1_1_413", "X_1_1_1_1_1_211_1_1_1_1_1_413", "X_1_1_1_1_1_210_1_1_1_1_1_413", "X_1_1_1_1_1_209_1_1_1_1_1_413", "X_1_1_1_1_1_208_1_1_1_1_1_413", "X_1_1_1_1_1_207_1_1_1_1_1_413", "X_1_1_1_1_1_206_1_1_1_1_1_413", "X_1_1_1_1_1_205_1_1_1_1_1_413", "X_1_1_1_1_1_204_1_1_1_1_1_413", "X_1_1_1_1_1_203_1_1_1_1_1_413", "X_1_1_1_1_1_202_1_1_1_1_1_413", "X_1_1_1_1_1_201_1_1_1_1_1_413", "X_1_1_1_1_1_200_1_1_1_1_1_413", "X_1_1_1_1_1_199_1_1_1_1_1_413", "X_1_1_1_1_1_198_1_1_1_1_1_413", "X_1_1_1_1_1_197_1_1_1_1_1_413", "X_1_1_1_1_1_196_1_1_1_1_1_413", "X_1_1_1_1_1_195_1_1_1_1_1_413", "X_1_1_1_1_1_194_1_1_1_1_1_413", "X_1_1_1_1_1_193_1_1_1_1_1_413", "X_1_1_1_1_1_192_1_1_1_1_1_413", "X_1_1_1_1_1_191_1_1_1_1_1_413", "X_1_1_1_1_1_190_1_1_1_1_1_413", "X_1_1_1_1_1_189_1_1_1_1_1_413", "X_1_1_1_1_1_188_1_1_1_1_1_413", "X_1_1_1_1_1_187_1_1_1_1_1_413", "X_1_1_1_1_1_186_1_1_1_1_1_413", "X_1_1_1_1_1_185_1_1_1_1_1_413", "X_1_1_1_1_1_184_1_1_1_1_1_413", "X_1_1_1_1_1_183_1_1_1_1_1_413", "X_1_1_1_1_1_182_1_1_1_1_1_413", "X_1_1_1_1_1_181_1_1_1_1_1_413", "X_1_1_1_1_1_180_1_1_1_1_1_413", "X_1_1_1_1_1_179_1_1_1_1_1_413", "X_1_1_1_1_1_178_1_1_1_1_1_413", "X_1_1_1_1_1_177_1_1_1_1_1_413", "X_1_1_1_1_1_176_1_1_1_1_1_413", "X_1_1_1_1_1_175_1_1_1_1_1_413", "X_1_1_1_1_1_174_1_1_1_1_1_413", "X_1_1_1_1_1_173_1_1_1_1_1_413", "X_1_1_1_1_1_172_1_1_1_1_1_413", "X_1_1_1_1_1_171_1_1_1_1_1_413", "X_1_1_1_1_1_170_1_1_1_1_1_413", "X_1_1_1_1_1_169_1_1_1_1_1_413", "X_1_1_1_1_1_168_1_1_1_1_1_413", "X_1_1_1_1_1_167_1_1_1_1_1_413", "X_1_1_1_1_1_166_1_1_1_1_1_413", "X_1_1_1_1_1_165_1_1_1_1_1_413", "X_1_1_1_1_1_164_1_1_1_1_1_413", "X_1_1_1_1_1_163_1_1_1_1_1_413", "X_1_1_1_1_1_162_1_1_1_1_1_413", "X_1_1_1_1_1_161_1_1_1_1_1_413", "X_1_1_1_1_1_160_1_1_1_1_1_413", "X_1_1_1_1_1_159_1_1_1_1_1_413", "X_1_1_1_1_1_158_1_1_1_1_1_413", "X_1_1_1_1_1_157_1_1_1_1_1_413", "X_1_1_1_1_1_156_1_1_1_1_1_413", "X_1_1_1_1_1_155_1_1_1_1_1_413", "X_1_1_1_1_1_154_1_1_1_1_1_413", "X_1_1_1_1_1_153_1_1_1_1_1_413", "X_1_1_1_1_1_152_1_1_1_1_1_413", "X_1_1_1_1_1_151_1_1_1_1_1_413", "X_1_1_1_1_1_150_1_1_1_1_1_413", "X_1_1_1_1_1_149_1_1_1_1_1_413", "X_1_1_1_1_1_148_1_1_1_1_1_413", "X_1_1_1_1_1_147_1_1_1_1_1_413", "X_1_1_1_1_1_146_1_1_1_1_1_413", "X_1_1_1_1_1_145_1_1_1_1_1_413", "X_1_1_1_1_1_144_1_1_1_1_1_413", "X_1_1_1_1_1_143_1_1_1_1_1_413", "X_1_1_1_1_1_142_1_1_1_1_1_413", "X_1_1_1_1_1_141_1_1_1_1_1_413", "X_1_1_1_1_1_140_1_1_1_1_1_413", "X_1_1_1_1_1_139_1_1_1_1_1_413", "X_1_1_1_1_1_138_1_1_1_1_1_413", "X_1_1_1_1_1_137_1_1_1_1_1_413", "X_1_1_1_1_1_136_1_1_1_1_1_413", "X_1_1_1_1_1_135_1_1_1_1_1_413", "X_1_1_1_1_1_134_1_1_1_1_1_413", "X_1_1_1_1_1_133_1_1_1_1_1_413", "X_1_1_1_1_1_132_1_1_1_1_1_413", "X_1_1_1_1_1_131_1_1_1_1_1_413", "X_1_1_1_1_1_130_1_1_1_1_1_413", "X_1_1_1_1_1_129_1_1_1_1_1_413", "X_1_1_1_1_1_128_1_1_1_1_1_413", "X_1_1_1_1_1_127_1_1_1_1_1_413", "X_1_1_1_1_1_126_1_1_1_1_1_413", "X_1_1_1_1_1_125_1_1_1_1_1_413", "X_1_1_1_1_1_124_1_1_1_1_1_413", "X_1_1_1_1_1_123_1_1_1_1_1_413", "X_1_1_1_1_1_122_1_1_1_1_1_413", "X_1_1_1_1_1_121_1_1_1_1_1_413", "X_1_1_1_1_1_120_1_1_1_1_1_413", "X_1_1_1_1_1_119_1_1_1_1_1_413", "X_1_1_1_1_1_118_1_1_1_1_1_413", "X_1_1_1_1_1_117_1_1_1_1_1_413", "X_1_1_1_1_1_116_1_1_1_1_1_413", "X_1_1_1_1_1_115_1_1_1_1_1_413", "X_1_1_1_1_1_114_1_1_1_1_1_413", "X_1_1_1_1_1_113_1_1_1_1_1_413", "X_1_1_1_1_1_112_1_1_1_1_1_413", "X_1_1_1_1_1_111_1_1_1_1_1_413", "X_1_1_1_1_1_110_1_1_1_1_1_413", "X_1_1_1_1_1_109_1_1_1_1_1_413", "X_1_1_1_1_1_108_1_1_1_1_1_413", "X_1_1_1_1_1_107_1_1_1_1_1_413", "X_1_1_1_1_1_106_1_1_1_1_1_413", "X_1_1_1_1_1_105_1_1_1_1_1_413", "X_1_1_1_1_1_104_1_1_1_1_1_413", "X_1_1_1_1_1_103_1_1_1_1_1_413", "X_1_1_1_1_1_102_1_1_1_1_1_413", "X_1_1_1_1_1_101_1_1_1_1_1_413", "X_1_1_1_1_1_100_1_1_1_1_1_413", "X_1_1_1_1_1_99_1_1_1_1_1_413", "X_1_1_1_1_1_98_1_1_1_1_1_413", "X_1_1_1_1_1_97_1_1_1_1_1_413", "X_1_1_1_1_1_96_1_1_1_1_1_413", "X_1_1_1_1_1_95_1_1_1_1_1_413", "X_1_1_1_1_1_94_1_1_1_1_1_413", "X_1_1_1_1_1_93_1_1_1_1_1_413", "X_1_1_1_1_1_92_1_1_1_1_1_413", "X_1_1_1_1_1_91_1_1_1_1_1_413", "X_1_1_1_1_1_90_1_1_1_1_1_413", "X_1_1_1_1_1_89_1_1_1_1_1_413", "X_1_1_1_1_1_88_1_1_1_1_1_413", "X_1_1_1_1_1_87_1_1_1_1_1_413", "X_1_1_1_1_1_86_1_1_1_1_1_413", "X_1_1_1_1_1_85_1_1_1_1_1_413", "X_1_1_1_1_1_84_1_1_1_1_1_413", "X_1_1_1_1_1_83_1_1_1_1_1_413", "X_1_1_1_1_1_82_1_1_1_1_1_413", "X_1_1_1_1_1_81_1_1_1_1_1_413", "X_1_1_1_1_1_80_1_1_1_1_1_413", "X_1_1_1_1_1_79_1_1_1_1_1_413", "X_1_1_1_1_1_78_1_1_1_1_1_413", "X_1_1_1_1_1_77_1_1_1_1_1_413", "X_1_1_1_1_1_76_1_1_1_1_1_413", "X_1_1_1_1_1_75_1_1_1_1_1_413", "X_1_1_1_1_1_74_1_1_1_1_1_413", "X_1_1_1_1_1_73_1_1_1_1_1_413", "X_1_1_1_1_1_72_1_1_1_1_1_413", "X_1_1_1_1_1_71_1_1_1_1_1_413", "X_1_1_1_1_1_70_1_1_1_1_1_413", "X_1_1_1_1_1_69_1_1_1_1_1_413", "X_1_1_1_1_1_68_1_1_1_1_1_413", "X_1_1_1_1_1_67_1_1_1_1_1_413", "X_1_1_1_1_1_66_1_1_1_1_1_413", "X_1_1_1_1_1_65_1_1_1_1_1_413", "X_1_1_1_1_1_64_1_1_1_1_1_413", "X_1_1_1_1_1_63_1_1_1_1_1_413", "X_1_1_1_1_1_62_1_1_1_1_1_413", "X_1_1_1_1_1_61_1_1_1_1_1_413", "X_1_1_1_1_1_60_1_1_1_1_1_413", "X_1_1_1_1_1_59_1_1_1_1_1_413", "X_1_1_1_1_1_58_1_1_1_1_1_413", "X_1_1_1_1_1_57_1_1_1_1_1_413", "X_1_1_1_1_1_56_1_1_1_1_1_413", "X_1_1_1_1_1_55_1_1_1_1_1_413", "X_1_1_1_1_1_54_1_1_1_1_1_413", "X_1_1_1_1_1_53_1_1_1_1_1_413", "X_1_1_1_1_1_52_1_1_1_1_1_413", "X_1_1_1_1_1_51_1_1_1_1_1_413", "X_1_1_1_1_1_50_1_1_1_1_1_413", "X_1_1_1_1_1_49_1_1_1_1_1_413", "X_1_1_1_1_1_48_1_1_1_1_1_413", "X_1_1_1_1_1_47_1_1_1_1_1_413", "X_1_1_1_1_1_46_1_1_1_1_1_413", "X_1_1_1_1_1_45_1_1_1_1_1_413", "X_1_1_1_1_1_44_1_1_1_1_1_413", "X_1_1_1_1_1_43_1_1_1_1_1_413", "X_1_1_1_1_1_42_1_1_1_1_1_413", "X_1_1_1_1_1_41_1_1_1_1_1_413", "X_1_1_1_1_1_40_1_1_1_1_1_413", "X_1_1_1_1_1_39_1_1_1_1_1_413", "X_1_1_1_1_1_38_1_1_1_1_1_413", "X_1_1_1_1_1_37_1_1_1_1_1_413", "X_1_1_1_1_1_36_1_1_1_1_1_413", "X_1_1_1_1_1_35_1_1_1_1_1_413", "X_1_1_1_1_1_34_1_1_1_1_1_413", "X_1_1_1_1_1_33_1_1_1_1_1_413", "X_1_1_1_1_1_32_1_1_1_1_1_413", "X_1_1_1_1_1_31_1_1_1_1_1_413", "X_1_1_1_1_1_30_1_1_1_1_1_413", "X_1_1_1_1_1_29_1_1_1_1_1_413", "X_1_1_1_1_1_28_1_1_1_1_1_413", "X_1_1_1_1_1_27_1_1_1_1_1_413", "X_1_1_1_1_1_26_1_1_1_1_1_413", "X_1_1_1_1_1_25_1_1_1_1_1_413", "X_1_1_1_1_1_24_1_1_1_1_1_413", "X_1_1_1_1_1_23_1_1_1_1_1_413", "X_1_1_1_1_1_22_1_1_1_1_1_413", "X_1_1_1_1_1_21_1_1_1_1_1_413", "X_1_1_1_1_1_20_1_1_1_1_1_413", "X_1_1_1_1_1_19_1_1_1_1_1_413", "X_1_1_1_1_1_18_1_1_1_1_1_413", "X_1_1_1_1_1_17_1_1_1_1_1_413", "X_1_1_1_1_1_16_1_1_1_1_1_413", "X_1_1_1_1_1_15_1_1_1_1_1_413", "X_1_1_1_1_1_14_1_1_1_1_1_413", "X_1_1_1_1_1_13_1_1_1_1_1_413", "X_1_1_1_1_1_12_1_1_1_1_1_413", "X_1_1_1_1_1_11_1_1_1_1_1_413", "X_1_1_1_1_1_10_1_1_1_1_1_413", "X_1_1_1_1_1_9_1_1_1_1_1_413", "X_1_1_1_1_1_8_1_1_1_1_1_413", "X_1_1_1_1_1_7_1_1_1_1_1_413", "X_1_1_1_1_1_6_1_1_1_1_1_413", "X_1_1_1_1_1_5_1_1_1_1_1_413", "X_1_1_1_1_1_4_1_1_1_1_1_413", "X_1_1_1_1_1_3_1_1_1_1_1_413", "X_1_1_1_1_1_2_1_1_1_1_1_413", "X_1_1_1_1_1_1_1_1_1_1_1_413"], "CsaImage.RFSWDDataType": ["measured", "measured", "measured", "measured", "measured", "measured", "measured", "measured", "measured", "measured", "measured", "measured", "measured", "measured", "measured", "measured", "measured", "measured", "measured", "measured", "measured", "measured", "measured", "measured", "measured", "measured", "measured", "measured", "measured", "measured", "measured", "measured", "measured", "measured", "measured", "measured", "measured", "measured", "measured", "measured", "measured", "measured", "measured", "measured", "measured", "measured", "measured", "measured", "measured", "measured", "measured", "measured", "measured", "measured", "measured", "measured", "measured", "measured", "measured", "measured", "measured", "measured", "measured", "measured", "measured", "measured", "measured", "measured", "measured", "measured", "measured", "measured", "measured", "measured", "measured", "measured", "measured", "measured", "measured", "measured", "measured", "measured", "measured", "measured", "measured", "measured", "measured", "measured", "measured", "measured", "measured", "measured", "measured", "measured", "measured", "measured", "measured", "measured", "measured", "measured", "measured", "measured", "measured", "measured", "measured", "measured", "measured", "measured", "measured", "measured", "measured", "measured", "measured", "measured", "measured", "measured", "measured", "measured", "measured", "measured", "measured", "measured", "measured", "measured", "measured", "measured", "measured", "measured", "measured", "measured", "measured", "measured", "measured", "measured", "measured", "measured", "measured", "measured", "measured", "measured", "measured", "measured", "measured", "measured", "measured", "measured", "measured", "measured", "measured", "measured", "measured", "measured", "measured", "measured", "measured", "measured", "measured", "measured", "measured", "measured", "measured", "measured", "measured", "measured", "measured", "measured", "measured", "measured", "measured", "measured", "measured", "measured", "measured", "measured", "measured", "measured", "measured", "measured", "measured", "measured", "measured", "measured", "measured", "measured", "measured", "measured", "measured", "measured", "measured", "measured", "measured", "measured", "measured", "measured", "measured", "measured", "measured", "measured", "measured", "measured", "measured", "measured", "measured", "measured", "measured", "measured", "measured", "measured", "measured", "measured", "measured", "measured", "measured", "measured", "measured", "measured", "measured", "measured", "measured", "measured", "measured", "measured", "measured", "measured", "measured", "measured", "measured", "measured", "measured", "measured", "measured", "measured", "measured", "measured", "measured", "measured", "measured", "measured", "measured", "measured", "measured", "measured", "measured", "measured", "measured", "measured", "measured", "measured", "measured", "measured", "measured", "predicted", "predicted", "predicted", "predicted", "predicted"], "CsaImage.SlicePosition_PCS": [[88.53838641, -90.43003035, 131.71974942], [87.73988467, -90.40926005, 131.67543707], [86.94138292, -90.38848974, 131.63112473], [86.14288118, -90.36771944, 131.58681239], [85.34437944, -90.34694913, 131.54250005], [84.5458777, -90.32617883, 131.49818771], [83.74737596, -90.30540853, 131.45387536], [82.94887422, -90.28463822, 131.40956302], [82.15037248, -90.26386792, 131.36525068], [81.35187074, -90.24309761, 131.32093834], [80.553369, -90.22232731, 131.276626], [79.75486726, -90.201557, 131.23231366], [78.95636552, -90.1807867, 131.18800131], [78.15786378, -90.16001639, 131.14368897], [77.35936204, -90.13924609, 131.09937663], [76.5608603, -90.11847579, 131.05506429], [75.76235855, -90.09770548, 131.01075195], [74.96385681, -90.07693518, 130.9664396], [74.16535507, -90.05616487, 130.92212726], [73.36685333, -90.03539457, 130.87781492], [72.56835159, -90.01462426, 130.83350258], [71.76984985, -89.99385396, 130.78919024], [70.97134811, -89.97308365, 130.74487789], [70.17284637, -89.95231335, 130.70056555], [69.37434463, -89.93154304, 130.65625321], [68.57584289, -89.91077274, 130.61194087], [67.77734115, -89.89000244, 130.56762853], [66.97883941, -89.86923213, 130.52331619], [66.18033767, -89.84846183, 130.47900384], [65.38183593, -89.82769152, 130.4346915], [64.58333419, -89.80692122, 130.39037916], [63.78483244, -89.78615091, 130.34606682], [62.9863307, -89.76538061, 130.30175448], [62.18782896, -89.7446103, 130.25744213], [61.38932722, -89.72384, 130.21312979], [60.59082548, -89.70306969, 130.16881745], [59.79232374, -89.68229939, 130.12450511], [58.993822, -89.66152909, 130.08019277], [58.19532026, -89.64075878, 130.03588043], [57.39681852, -89.61998848, 129.99156808], [56.59831678, -89.59921817, 129.94725574], [55.79981504, -89.57844787, 129.9029434], [55.0013133, -89.55767756, 129.85863106], [54.20281156, -89.53690726, 129.81431872], [53.40430982, -89.51613695, 129.77000637], [52.60580807, -89.49536665, 129.72569403], [51.80730633, -89.47459634, 129.68138169], [51.00880459, -89.45382604, 129.63706935], [50.21030285, -89.43305574, 129.59275701], [49.41180111, -89.41228543, 129.54844467], [48.61329937, -89.39151513, 129.50413232], [47.81479763, -89.37074482, 129.45981998], [47.01629589, -89.34997452, 129.41550764], [46.21779415, -89.32920421, 129.3711953], [45.41929241, -89.30843391, 129.32688296], [44.62079067, -89.2876636, 129.28257061], [43.82228893, -89.2668933, 129.23825827], [43.02378719, -89.24612299, 129.19394593], [42.22528545, -89.22535269, 129.14963359], [41.42678371, -89.20458239, 129.10532125], [40.62828196, -89.18381208, 129.0610089], [39.82978022, -89.16304178, 129.01669656], [39.03127848, -89.14227147, 128.97238422], [38.23277674, -89.12150117, 128.92807188], [37.434275, -89.10073086, 128.88375954], [36.63577326, -89.07996056, 128.8394472], [35.83727152, -89.05919025, 128.79513485], [35.03876978, -89.03841995, 128.75082251], [34.24026804, -89.01764964, 128.70651017], [33.4417663, -88.99687934, 128.66219783], [32.64326456, -88.97610904, 128.61788549], [31.84476282, -88.95533873, 128.57357314], [31.04626108, -88.93456843, 128.5292608], [30.24775934, -88.91379812, 128.48494846], [29.44925759, -88.89302782, 128.44063612], [28.65075585, -88.87225751, 128.39632378], [27.85225411, -88.85148721, 128.35201144], [27.05375237, -88.8307169, 128.30769909], [26.25525063, -88.8099466, 128.26338675], [25.45674889, -88.78917629, 128.21907441], [24.65824715, -88.76840599, 128.17476207], [23.85974541, -88.74763569, 128.13044973], [23.06124367, -88.72686538, 128.08613738], [22.26274193, -88.70609508, 128.04182504], [21.46424019, -88.68532477, 127.9975127], [20.66573845, -88.66455447, 127.95320036], [19.86723671, -88.64378416, 127.90888802], [19.06873497, -88.62301386, 127.86457567], [18.27023323, -88.60224355, 127.82026333], [17.47173148, -88.58147325, 127.77595099], [16.67322974, -88.56070294, 127.73163865], [15.874728, -88.53993264, 127.68732631], [15.07622626, -88.51916234, 127.64301397], [14.27772452, -88.49839203, 127.59870162], [13.47922278, -88.47762173, 127.55438928], [12.68072104, -88.45685142, 127.51007694], [11.8822193, -88.43608112, 127.4657646], [11.08371756, -88.41531081, 127.42145226], [10.28521582, -88.39454051, 127.37713991], [9.48671408, -88.3737702, 127.33282757], [8.68821234, -88.3529999, 127.28851523], [7.8897106, -88.33222959, 127.24420289], [7.09120886, -88.31145929, 127.19989055], [6.29270711, -88.29068899, 127.15557821], [5.49420537, -88.26991868, 127.11126586], [4.69570363, -88.24914838, 127.06695352], [3.89720189, -88.22837807, 127.02264118], [3.09870015, -88.20760777, 126.97832884], [2.30019841, -88.18683746, 126.9340165], [1.50169667, -88.16606716, 126.88970415], [0.70319493, -88.14529685, 126.84539181], [-0.09530681, -88.12452655, 126.80107947], [-0.89380855, -88.10375624, 126.75676713], [-1.69231029, -88.08298594, 126.71245479], [-2.49081203, -88.06221564, 126.66814244], [-3.28931377, -88.04144533, 126.6238301], [-4.08781551, -88.02067503, 126.57951776], [-4.88631725, -87.99990472, 126.53520542], [-5.684819, -87.97913442, 126.49089308], [-6.48332074, -87.95836411, 126.44658074], [-7.28182248, -87.93759381, 126.40226839], [-8.08032422, -87.9168235, 126.35795605], [-8.87882596, -87.8960532, 126.31364371], [-9.6773277, -87.87528289, 126.26933137], [-10.47582944, -87.85451259, 126.22501903], [-11.27433118, -87.83374229, 126.18070668], [-12.07283292, -87.81297198, 126.13639434], [-12.87133466, -87.79220168, 126.092082], [-13.6698364, -87.77143137, 126.04776966], [-14.46833814, -87.75066107, 126.00345732], [-15.26683988, -87.72989076, 125.95914498], [-16.06534162, -87.70912046, 125.91483263], [-16.86384337, -87.68835015, 125.87052029], [-17.66234511, -87.66757985, 125.82620795], [-18.46084685, -87.64680954, 125.78189561], [-19.25934859, -87.62603924, 125.73758327], [-20.05785033, -87.60526894, 125.69327092], [-20.85635207, -87.58449863, 125.64895858], [-21.65485381, -87.56372833, 125.60464624], [-22.45335555, -87.54295802, 125.5603339], [-23.25185729, -87.52218772, 125.51602156], [-24.05035903, -87.50141741, 125.47170921], [-24.84886077, -87.48064711, 125.42739687], [-25.64736251, -87.4598768, 125.38308453], [-26.44586425, -87.4391065, 125.33877219], [-27.24436599, -87.41833619, 125.29445985], [-28.04286773, -87.39756589, 125.25014751], [-28.84136948, -87.37679559, 125.20583516], [-29.63987122, -87.35602528, 125.16152282], [-30.43837296, -87.33525498, 125.11721048], [-31.2368747, -87.31448467, 125.07289814], [-32.03537644, -87.29371437, 125.0285858], [-32.83387818, -87.27294406, 124.98427345], [-33.63237992, -87.25217376, 124.93996111], [-34.43088166, -87.23140345, 124.89564877], [-35.2293834, -87.21063315, 124.85133643], [-36.02788514, -87.18986284, 124.80702409], [-36.82638688, -87.16909254, 124.76271175], [-37.62488862, -87.14832224, 124.7183994], [-38.42339036, -87.12755193, 124.67408706], [-39.2218921, -87.10678163, 124.62977472], [-40.02039385, -87.08601132, 124.58546238], [-40.81889559, -87.06524102, 124.54115004], [-41.61739733, -87.04447071, 124.49683769], [-42.41589907, -87.02370041, 124.45252535], [-43.21440081, -87.0029301, 124.40821301], [-44.01290255, -86.9821598, 124.36390067], [-44.81140429, -86.96138949, 124.31958833], [-45.60990603, -86.94061919, 124.27527599], [-46.40840777, -86.91984889, 124.23096364], [-47.20690951, -86.89907858, 124.1866513], [-48.00541125, -86.87830828, 124.14233896], [-48.80391299, -86.85753797, 124.09802662], [-49.60241473, -86.83676767, 124.05371428], [-50.40091647, -86.81599736, 124.00940193], [-51.19941821, -86.79522706, 123.96508959], [-51.99791996, -86.77445675, 123.92077725], [-52.7964217, -86.75368645, 123.87646491], [-53.59492344, -86.73291614, 123.83215257], [-54.39342518, -86.71214584, 123.78784022], [-55.19192692, -86.69137554, 123.74352788], [-55.99042866, -86.67060523, 123.69921554], [-56.7889304, -86.64983493, 123.6549032], [-57.58743214, -86.62906462, 123.61059086], [-58.38593388, -86.60829432, 123.56627852], [-59.18443562, -86.58752401, 123.52196617], [-59.98293736, -86.56675371, 123.47765383], [-60.7814391, -86.5459834, 123.43334149], [-61.57994084, -86.5252131, 123.38902915], [-62.37844258, -86.50444279, 123.34471681], [-63.17694433, -86.48367249, 123.30040446], [-63.97544607, -86.46290219, 123.25609212], [-64.77394781, -86.44213188, 123.21177978], [-65.57244955, -86.42136158, 123.16746744], [-66.37095129, -86.40059127, 123.1231551], [-67.16945303, -86.37982097, 123.07884276], [-67.96795477, -86.35905066, 123.03453041], [-68.76645651, -86.33828036, 122.99021807], [-69.56495825, -86.31751005, 122.94590573], [-70.36345999, -86.29673975, 122.90159339], [-71.16196173, -86.27596944, 122.85728105], [-71.96046347, -86.25519914, 122.8129687], [-72.75896521, -86.23442884, 122.76865636], [-73.55746695, -86.21365853, 122.72434402], [-74.35596869, -86.19288823, 122.68003168], [-75.15447044, -86.17211792, 122.63571934], [-75.95297218, -86.15134762, 122.59140699], [-76.75147392, -86.13057731, 122.54709465], [-77.54997566, -86.10980701, 122.50278231], [-78.3484774, -86.0890367, 122.45846997], [-79.14697914, -86.0682664, 122.41415763], [-79.94548088, -86.0474961, 122.36984529], [-80.74398262, -86.02672579, 122.32553294], [-81.54248436, -86.00595549, 122.2812206], [-82.3409861, -85.98518518, 122.23690826], [-83.13948784, -85.96441488, 122.19259592], [-83.93798958, -85.94364457, 122.14828358], [-84.73649132, -85.92287427, 122.10397123], [-85.53499306, -85.90210396, 122.05965889], [-86.33349481, -85.88133366, 122.01534655], [-87.13199655, -85.86056335, 121.97103421], [-87.93049829, -85.83979305, 121.92672187], [-88.72900003, -85.81902275, 121.88240953], [-89.52750177, -85.79825244, 121.83809718], [-90.32600351, -85.77748214, 121.79378484], [-91.12450525, -85.75671183, 121.7494725], [-91.92300699, -85.73594153, 121.70516016], [-92.72150873, -85.71517122, 121.66084782], [-93.52001047, -85.69440092, 121.61653547], [-94.31851221, -85.67363061, 121.57222313], [-95.11701395, -85.65286031, 121.52791079], [-95.91551569, -85.63209, 121.48359845], [-96.71401743, -85.6113197, 121.43928611], [-97.51251917, -85.5905494, 121.39497376], [-98.31102092, -85.56977909, 121.35066142], [-99.10952266, -85.54900879, 121.30634908], [-99.9080244, -85.52823848, 121.26203674], [-100.70652614, -85.50746818, 121.2177244], [-101.50502788, -85.48669787, 121.17341206], [-102.30352962, -85.46592757, 121.12909971], [-103.10203136, -85.44515726, 121.08478737], [-103.9005331, -85.42438696, 121.04047503], [-104.69903484, -85.40361665, 120.99616269], [-105.49753658, -85.38284635, 120.95185035], [-106.29603832, -85.36207605, 120.907538], [-107.09454006, -85.34130574, 120.86322566], [-107.8930418, -85.32053544, 120.81891332], [-108.69154354, -85.29976513, 120.77460098], [-109.49004529, -85.27899483, 120.73028864], [-110.28854703, -85.25822452, 120.6859763], [-111.08704877, -85.23745422, 120.64166395], [-111.88555051, -85.21668391, 120.59735161], [-112.68405225, -85.19591361, 120.55303927], [-113.48255399, -85.1751433, 120.50872693], [-114.28105573, -85.154373, 120.46441459], [-115.07955747, -85.1336027, 120.42010224]], "ImagePositionPatient": [[88.538386405701, -90.430030353134, 131.71974941561], [87.739884665012, -90.409260048593, 131.67543707376], [86.941382924323, -90.388489744052, 131.63112473192], [86.142881183635, -90.367719439511, 131.58681239007], [85.344379442946, -90.34694913497, 131.54250004822], [84.545877702258, -90.326178830429, 131.49818770637], [83.747375961569, -90.305408525889, 131.45387536452], [82.948874220881, -90.284638221348, 131.40956302267], [82.150372480192, -90.263867916807, 131.36525068082], [81.351870739503, -90.243097612266, 131.32093833898], [80.553368998815, -90.222327307725, 131.27662599713], [79.754867258126, -90.201557003184, 131.23231365528], [78.956365517438, -90.180786698644, 131.18800131343], [78.157863776749, -90.160016394103, 131.14368897158], [77.359362036061, -90.139246089562, 131.09937662973], [76.560860295372, -90.118475785021, 131.05506428788], [75.762358554683, -90.09770548048, 131.01075194604], [74.963856813995, -90.07693517594, 130.96643960419], [74.165355073306, -90.056164871399, 130.92212726234], [73.366853332618, -90.035394566858, 130.87781492049], [72.568351591929, -90.014624262317, 130.83350257864], [71.769849851241, -89.993853957776, 130.78919023679], [70.971348110552, -89.973083653235, 130.74487789494], [70.172846369864, -89.952313348695, 130.7005655531], [69.374344629175, -89.931543044154, 130.65625321125], [68.575842888486, -89.910772739613, 130.6119408694], [67.777341147798, -89.890002435072, 130.56762852755], [66.978839407109, -89.869232130531, 130.5233161857], [66.180337666421, -89.848461825991, 130.47900384385], [65.381835925732, -89.82769152145, 130.43469150201], [64.583334185044, -89.806921216909, 130.39037916016], [63.784832444355, -89.786150912368, 130.34606681831], [62.986330703666, -89.765380607827, 130.30175447646], [62.187828962978, -89.744610303286, 130.25744213461], [61.389327222289, -89.723839998746, 130.21312979276], [60.590825481601, -89.703069694205, 130.16881745091], [59.792323740912, -89.682299389664, 130.12450510907], [58.993822000224, -89.661529085123, 130.08019276722], [58.195320259535, -89.640758780582, 130.03588042537], [57.396818518846, -89.619988476041, 129.99156808352], [56.598316778158, -89.599218171501, 129.94725574167], [55.799815037469, -89.57844786696, 129.90294339982], [55.001313296781, -89.557677562419, 129.85863105797], [54.202811556092, -89.536907257878, 129.81431871613], [53.404309815404, -89.516136953337, 129.77000637428], [52.605808074715, -89.495366648797, 129.72569403243], [51.807306334027, -89.474596344256, 129.68138169058], [51.008804593338, -89.453826039715, 129.63706934873], [50.210302852649, -89.433055735174, 129.59275700688], [49.411801111961, -89.412285430633, 129.54844466503], [48.613299371272, -89.391515126092, 129.50413232319], [47.814797630584, -89.370744821552, 129.45981998134], [47.016295889895, -89.349974517011, 129.41550763949], [46.217794149207, -89.32920421247, 129.37119529764], [45.419292408518, -89.308433907929, 129.32688295579], [44.620790667829, -89.287663603388, 129.28257061394], [43.822288927141, -89.266893298848, 129.23825827209], [43.023787186452, -89.246122994307, 129.19394593025], [42.225285445764, -89.225352689766, 129.1496335884], [41.426783705075, -89.204582385225, 129.10532124655], [40.628281964387, -89.183812080684, 129.0610089047], [39.829780223698, -89.163041776143, 129.01669656285], [39.03127848301, -89.142271471603, 128.972384221], [38.232776742321, -89.121501167062, 128.92807187916], [37.434275001632, -89.100730862521, 128.88375953731], [36.635773260944, -89.07996055798, 128.83944719546], [35.837271520255, -89.059190253439, 128.79513485361], [35.038769779567, -89.038419948898, 128.75082251176], [34.240268038878, -89.017649644358, 128.70651016991], [33.44176629819, -88.996879339817, 128.66219782806], [32.643264557501, -88.976109035276, 128.61788548622], [31.844762816812, -88.955338730735, 128.57357314437], [31.046261076124, -88.934568426194, 128.52926080252], [30.247759335435, -88.913798121654, 128.48494846067], [29.449257594747, -88.893027817113, 128.44063611882], [28.650755854058, -88.872257512572, 128.39632377697], [27.85225411337, -88.851487208031, 128.35201143512], [27.053752372681, -88.83071690349, 128.30769909328], [26.255250631992, -88.809946598949, 128.26338675143], [25.456748891304, -88.789176294409, 128.21907440958], [24.658247150615, -88.768405989868, 128.17476206773], [23.859745409927, -88.747635685327, 128.13044972588], [23.061243669238, -88.726865380786, 128.08613738403], [22.26274192855, -88.706095076245, 128.04182504218], [21.464240187861, -88.685324771705, 127.99751270034], [20.665738447173, -88.664554467164, 127.95320035849], [19.867236706484, -88.643784162623, 127.90888801664], [19.068734965795, -88.623013858082, 127.86457567479], [18.270233225107, -88.602243553541, 127.82026333294], [17.471731484418, -88.581473249, 127.77595099109], [16.67322974373, -88.56070294446, 127.73163864924], [15.874728003041, -88.539932639919, 127.6873263074], [15.076226262353, -88.519162335378, 127.64301396555], [14.277724521664, -88.498392030837, 127.5987016237], [13.479222780975, -88.477621726296, 127.55438928185], [12.680721040287, -88.456851421755, 127.51007694], [11.882219299598, -88.436081117215, 127.46576459815], [11.08371755891, -88.415310812674, 127.42145225631], [10.285215818221, -88.394540508133, 127.37713991446], [9.4867140775326, -88.373770203592, 127.33282757261], [8.6882123368441, -88.352999899051, 127.28851523076], [7.8897105961555, -88.332229594511, 127.24420288891], [7.0912088554669, -88.31145928997, 127.19989054706], [6.2927071147784, -88.290688985429, 127.15557820521], [5.4942053740898, -88.269918680888, 127.11126586337], [4.6957036334013, -88.249148376347, 127.06695352152], [3.8972018927127, -88.228378071806, 127.02264117967], [3.0987001520241, -88.207607767266, 126.97832883782], [2.3001984113356, -88.186837462725, 126.93401649597], [1.501696670647, -88.166067158184, 126.88970415412], [0.70319492995843, -88.145296853643, 126.84539181227], [-0.0953068107301, -88.124526549102, 126.80107947043], [-0.8938085514187, -88.103756244561, 126.75676712858], [-1.6923102921073, -88.082985940021, 126.71245478673], [-2.4908120327958, -88.06221563548, 126.66814244488], [-3.2893137734844, -88.041445330939, 126.62383010303], [-4.087815514173, -88.020675026398, 126.57951776118], [-4.8863172548615, -87.999904721857, 126.53520541933], [-5.6848189955501, -87.979134417317, 126.49089307749], [-6.4833207362386, -87.958364112776, 126.44658073564], [-7.2818224769272, -87.937593808235, 126.40226839379], [-8.0803242176158, -87.916823503694, 126.35795605194], [-8.8788259583043, -87.896053199153, 126.31364371009], [-9.6773276989929, -87.875282894612, 126.26933136824], [-10.475829439681, -87.854512590072, 126.22501902639], [-11.27433118037, -87.833742285531, 126.18070668455], [-12.072832921059, -87.81297198099, 126.1363943427], [-12.871334661747, -87.792201676449, 126.09208200085], [-13.669836402436, -87.771431371908, 126.047769659], [-14.468338143124, -87.750661067368, 126.00345731715], [-15.266839883813, -87.729890762827, 125.9591449753], [-16.065341624501, -87.709120458286, 125.91483263346], [-16.86384336519, -87.688350153745, 125.87052029161], [-17.662345105879, -87.667579849204, 125.82620794976], [-18.460846846567, -87.646809544663, 125.78189560791], [-19.259348587256, -87.626039240123, 125.73758326606], [-20.057850327944, -87.605268935582, 125.69327092421], [-20.856352068633, -87.584498631041, 125.64895858236], [-21.654853809321, -87.5637283265, 125.60464624052], [-22.45335555001, -87.542958021959, 125.56033389867], [-23.251857290698, -87.522187717418, 125.51602155682], [-24.050359031387, -87.501417412878, 125.47170921497], [-24.848860772076, -87.480647108337, 125.42739687312], [-25.647362512764, -87.459876803796, 125.38308453127], [-26.445864253453, -87.439106499255, 125.33877218942], [-27.244365994141, -87.418336194714, 125.29445984758], [-28.04286773483, -87.397565890174, 125.25014750573], [-28.841369475518, -87.376795585633, 125.20583516388], [-29.639871216207, -87.356025281092, 125.16152282203], [-30.438372956896, -87.335254976551, 125.11721048018], [-31.236874697584, -87.31448467201, 125.07289813833], [-32.035376438273, -87.293714367469, 125.02858579648], [-32.833878178961, -87.272944062929, 124.98427345464], [-33.63237991965, -87.252173758388, 124.93996111279], [-34.430881660338, -87.231403453847, 124.89564877094], [-35.229383401027, -87.210633149306, 124.85133642909], [-36.027885141716, -87.189862844765, 124.80702408724], [-36.826386882404, -87.169092540225, 124.76271174539], [-37.624888623093, -87.148322235684, 124.71839940354], [-38.423390363781, -87.127551931143, 124.6740870617], [-39.22189210447, -87.106781626602, 124.62977471985], [-40.020393845158, -87.086011322061, 124.585462378], [-40.818895585847, -87.06524101752, 124.54115003615], [-41.617397326535, -87.04447071298, 124.4968376943], [-42.415899067224, -87.023700408439, 124.45252535245], [-43.214400807913, -87.002930103898, 124.40821301061], [-44.012902548601, -86.982159799357, 124.36390066876], [-44.81140428929, -86.961389494816, 124.31958832691], [-45.609906029978, -86.940619190275, 124.27527598506], [-46.408407770667, -86.919848885735, 124.23096364321], [-47.206909511355, -86.899078581194, 124.18665130136], [-48.005411252044, -86.878308276653, 124.14233895951], [-48.803912992733, -86.857537972112, 124.09802661767], [-49.602414733421, -86.836767667571, 124.05371427582], [-50.40091647411, -86.815997363031, 124.00940193397], [-51.199418214798, -86.79522705849, 123.96508959212], [-51.997919955487, -86.774456753949, 123.92077725027], [-52.796421696175, -86.753686449408, 123.87646490842], [-53.594923436864, -86.732916144867, 123.83215256657], [-54.393425177553, -86.712145840326, 123.78784022473], [-55.191926918241, -86.691375535786, 123.74352788288], [-55.99042865893, -86.670605231245, 123.69921554103], [-56.788930399618, -86.649834926704, 123.65490319918], [-57.587432140307, -86.629064622163, 123.61059085733], [-58.385933880995, -86.608294317622, 123.56627851548], [-59.184435621684, -86.587524013081, 123.52196617363], [-59.982937362372, -86.566753708541, 123.47765383179], [-60.781439103061, -86.545983404, 123.43334148994], [-61.57994084375, -86.525213099459, 123.38902914809], [-62.378442584438, -86.504442794918, 123.34471680624], [-63.176944325127, -86.483672490377, 123.30040446439], [-63.975446065815, -86.462902185837, 123.25609212254], [-64.773947806504, -86.442131881296, 123.2117797807], [-65.572449547192, -86.421361576755, 123.16746743885], [-66.370951287881, -86.400591272214, 123.123155097], [-67.16945302857, -86.379820967673, 123.07884275515], [-67.967954769258, -86.359050663132, 123.0345304133], [-68.766456509947, -86.338280358592, 122.99021807145], [-69.564958250635, -86.317510054051, 122.9459057296], [-70.363459991324, -86.29673974951, 122.90159338776], [-71.161961732012, -86.275969444969, 122.85728104591], [-71.960463472701, -86.255199140428, 122.81296870406], [-72.758965213389, -86.234428835888, 122.76865636221], [-73.557466954078, -86.213658531347, 122.72434402036], [-74.355968694767, -86.192888226806, 122.68003167851], [-75.154470435455, -86.172117922265, 122.63571933666], [-75.952972176144, -86.151347617724, 122.59140699482], [-76.751473916832, -86.130577313183, 122.54709465297], [-77.549975657521, -86.109807008643, 122.50278231112], [-78.348477398209, -86.089036704102, 122.45846996927], [-79.146979138898, -86.068266399561, 122.41415762742], [-79.945480879587, -86.04749609502, 122.36984528557], [-80.743982620275, -86.026725790479, 122.32553294372], [-81.542484360964, -86.005955485938, 122.28122060188], [-82.340986101652, -85.985185181398, 122.23690826003], [-83.139487842341, -85.964414876857, 122.19259591818], [-83.937989583029, -85.943644572316, 122.14828357633], [-84.736491323718, -85.922874267775, 122.10397123448], [-85.534993064407, -85.902103963234, 122.05965889263], [-86.333494805095, -85.881333658694, 122.01534655078], [-87.131996545784, -85.860563354153, 121.97103420894], [-87.930498286472, -85.839793049612, 121.92672186709], [-88.729000027161, -85.819022745071, 121.88240952524], [-89.527501767849, -85.79825244053, 121.83809718339], [-90.326003508538, -85.777482135989, 121.79378484154], [-91.124505249226, -85.756711831449, 121.74947249969], [-91.923006989915, -85.735941526908, 121.70516015785], [-92.721508730604, -85.715171222367, 121.660847816], [-93.520010471292, -85.694400917826, 121.61653547415], [-94.318512211981, -85.673630613285, 121.5722231323], [-95.117013952669, -85.652860308745, 121.52791079045], [-95.915515693358, -85.632090004204, 121.4835984486], [-96.714017434046, -85.611319699663, 121.43928610675], [-97.512519174735, -85.590549395122, 121.39497376491], [-98.311020915424, -85.569779090581, 121.35066142306], [-99.109522656112, -85.54900878604, 121.30634908121], [-99.908024396801, -85.5282384815, 121.26203673936], [-100.70652613749, -85.507468176959, 121.21772439751], [-101.50502787818, -85.486697872418, 121.17341205566], [-102.30352961887, -85.465927567877, 121.12909971381], [-103.10203135955, -85.445157263336, 121.08478737197], [-103.90053310024, -85.424386958795, 121.04047503012], [-104.69903484093, -85.403616654255, 120.99616268827], [-105.49753658162, -85.382846349714, 120.95185034642], [-106.29603832231, -85.362076045173, 120.90753800457], [-107.094540063, -85.341305740632, 120.86322566272], [-107.89304180369, -85.320535436091, 120.81891332087], [-108.69154354437, -85.299765131551, 120.77460097903], [-109.49004528506, -85.27899482701, 120.73028863718], [-110.28854702575, -85.258224522469, 120.68597629533], [-111.08704876644, -85.237454217928, 120.64166395348], [-111.88555050713, -85.216683913387, 120.59735161163], [-112.68405224782, -85.195913608846, 120.55303926978], [-113.48255398851, -85.175143304306, 120.50872692793], [-114.28105572919, -85.154372999765, 120.46441458609], [-115.07955746988, -85.133602695224, 120.42010224424]], "InstanceCreationTime": ["173601.265000", "173601.265000", "173601.234000", "173601.234000", "173601.218000", "173601.218000", "173601.218000", "173601.218000", "173601.218000", "173601.218000", "173601.218000", "173601.218000", "173601.218000", "173601.203000", "173601.203000", "173601.203000", "173601.203000", "173601.203000", "173601.203000", "173601.203000", "173601.203000", "173601.203000", "173601.187000", "173601.187000", "173601.187000", "173601.187000", "173601.187000", "173601.187000", "173601.171000", "173601.171000", "173601.171000", "173601.171000", "173601.171000", "173601.171000", "173601.171000", "173601.171000", "173601.156000", "173601.156000", "173601.156000", "173601.156000", "173601.156000", "173601.156000", "173601.156000", "173601.140000", "173601.140000", "173601.140000", "173601.140000", "173601.140000", "173601.140000", "173601.140000", "173601.140000", "173601.140000", "173601.125000", "173601.125000", "173601.125000", "173601.125000", "173559.828000", "173559.828000", "173559.812000", "173559.812000", "173559.812000", "173559.812000", "173559.812000", "173559.812000", "173559.812000", "173559.812000", "173559.796000", "173559.796000", "173559.796000", "173559.781000", "173559.781000", "173559.781000", "173559.781000", "173559.781000", "173559.781000", "173559.765000", "173559.765000", "173559.765000", "173559.765000", "173559.765000", "173559.750000", "173559.750000", "173559.734000", "173559.734000", "173559.734000", "173559.734000", "173559.734000", "173559.734000", "173559.734000", "173559.718000", "173559.718000", "173559.718000", "173559.718000", "173559.718000", "173559.718000", "173559.718000", "173559.703000", "173559.703000", "173559.703000", "173559.703000", "173559.703000", "173559.703000", "173559.687000", "173559.687000", "173559.687000", "173559.671000", "173559.671000", "173559.671000", "173559.671000", "173559.671000", "173559.671000", "173559.656000", "173559.656000", "173559.656000", "173559.656000", "173559.640000", "173559.640000", "173559.640000", "173559.625000", "173559.625000", "173559.625000", "173559.625000", "173559.625000", "173559.625000", "173559.625000", "173559.625000", "173559.609000", "173559.609000", "173559.609000", "173559.609000", "173559.609000", "173559.609000", "173559.593000", "173559.593000", "173559.593000", "173559.593000", "173559.593000", "173559.593000", "173559.593000", "173559.593000", "173559.593000", "173559.578000", "173559.578000", "173559.578000", "173559.578000", "173559.578000", "173559.578000", "173559.578000", "173559.562000", "173559.562000", "173559.562000", "173559.562000", "173559.562000", "173559.562000", "173559.562000", "173559.546000", "173559.546000", "173559.546000", "173559.531000", "173559.531000", "173559.531000", "173559.531000", "173559.531000", "173559.531000", "173559.531000", "173559.531000", "173559.531000", "173559.515000", "173559.515000", "173559.515000", "173559.515000", "173559.515000", "173559.515000", "173559.515000", "173559.515000", "173559.500000", "173559.500000", "173559.500000", "173559.500000", "173559.500000", "173559.500000", "173559.500000", "173559.500000", "173559.500000", "173559.484000", "173559.484000", "173559.484000", "173559.484000", "173559.484000", "173559.484000", "173559.484000", "173559.484000", "173559.468000", "173559.468000", "173559.468000", "173559.468000", "173559.468000", "173559.468000", "173559.453000", "173559.453000", "173559.453000", "173559.453000", "173559.453000", "173559.453000", "173559.453000", "173559.453000", "173559.437000", "173559.437000", "173559.437000", "173559.437000", "173559.437000", "173559.437000", "173559.437000", "173559.437000", "173559.437000", "173559.421000", "173559.421000", "173559.421000", "173559.421000", "173559.421000", "173559.421000", "173559.406000", "173559.406000", "173559.406000", "173559.406000", "173559.406000", "173559.406000", "173559.406000", "173559.406000", "173559.390000", "173559.390000", "173559.390000", "173559.390000", "173559.390000", "173559.390000", "173559.390000", "173559.390000", "173559.390000", "173559.375000", "173559.375000", "173559.375000", "173559.375000", "173559.375000", "173559.375000", "173559.359000", "173559.359000", "173559.359000", "173559.359000", "173559.359000", "173559.343000", "173559.343000", "173559.343000", "173559.343000", "173559.343000", "173559.343000", "173559.343000"], "InstanceNumber": [256, 255, 254, 253, 252, 251, 250, 249, 248, 247, 246, 245, 244, 243, 242, 241, 240, 239, 238, 237, 236, 235, 234, 233, 232, 231, 230, 229, 228, 227, 226, 225, 224, 223, 222, 221, 220, 219, 218, 217, 216, 215, 214, 213, 212, 211, 210, 209, 208, 207, 206, 205, 204, 203, 202, 201, 200, 199, 198, 197, 196, 195, 194, 193, 192, 191, 190, 189, 188, 187, 186, 185, 184, 183, 182, 181, 180, 179, 178, 177, 176, 175, 174, 173, 172, 171, 170, 169, 168, 167, 166, 165, 164, 163, 162, 161, 160, 159, 158, 157, 156, 155, 154, 153, 152, 151, 150, 149, 148, 147, 146, 145, 144, 143, 142, 141, 140, 139, 138, 137, 136, 135, 134, 133, 132, 131, 130, 129, 128, 127, 126, 125, 124, 123, 122, 121, 120, 119, 118, 117, 116, 115, 114, 113, 112, 111, 110, 109, 108, 107, 106, 105, 104, 103, 102, 101, 100, 99, 98, 97, 96, 95, 94, 93, 92, 91, 90, 89, 88, 87, 86, 85, 84, 83, 82, 81, 80, 79, 78, 77, 76, 75, 74, 73, 72, 71, 70, 69, 68, 67, 66, 65, 64, 63, 62, 61, 60, 59, 58, 57, 56, 55, 54, 53, 52, 51, 50, 49, 48, 47, 46, 45, 44, 43, 42, 41, 40, 39, 38, 37, 36, 35, 34, 33, 32, 31, 30, 29, 28, 27, 26, 25, 24, 23, 22, 21, 20, 19, 18, 17, 16, 15, 14, 13, 12, 11, 10, 9, 8, 7, 6, 5, 4, 3, 2, 1], "LargestImagePixelValue": [40, 41, 42, 46, 91, 151, 140, 70, 57, 55, 67, 52, 57, 95, 85, 96, 105, 60, 508, 674, 714, 812, 882, 886, 744, 607, 605, 577, 605, 590, 654, 627, 1021, 868, 989, 1200, 798, 876, 864, 865, 929, 804, 863, 881, 881, 977, 929, 974, 1057, 962, 1001, 1084, 998, 1016, 985, 1034, 1022, 1015, 1001, 1021, 1068, 993, 967, 949, 1078, 1023, 997, 1019, 1066, 995, 968, 1015, 982, 1026, 1125, 1111, 1159, 1151, 1187, 1107, 1053, 1079, 1062, 1052, 1090, 1185, 1077, 1048, 1038, 1053, 1081, 1157, 1168, 1141, 1157, 1123, 1164, 1128, 1074, 1113, 1079, 1119, 1114, 1140, 1125, 1099, 1117, 1109, 1076, 1103, 1149, 1155, 1123, 1101, 1168, 1233, 1184, 1134, 1194, 1096, 1180, 1214, 1124, 1095, 1103, 1188, 1127, 1134, 1224, 1179, 1119, 1157, 1115, 1150, 1160, 1161, 1121, 1085, 1047, 1067, 1130, 1099, 1083, 1100, 1098, 1079, 1066, 1139, 1104, 1194, 1249, 1127, 1209, 1154, 1156, 1189, 1075, 1087, 1116, 1039, 1093, 1087, 1086, 1228, 1132, 1125, 1107, 1134, 1076, 1106, 1118, 1126, 1108, 1086, 1047, 1074, 1026, 1031, 1076, 1185, 1137, 1232, 1304, 1148, 1071, 1038, 1015, 1089, 1045, 1061, 1055, 1079, 1060, 1038, 1078, 987, 1017, 1108, 1024, 987, 1000, 976, 1046, 1038, 1025, 996, 1010, 1075, 1016, 817, 887, 805, 850, 1010, 808, 836, 917, 869, 983, 902, 1069, 880, 788, 700, 677, 673, 632, 632, 636, 574, 669, 546, 767, 862, 798, 843, 588, 616, 461, 77, 57, 54, 60, 78, 73, 93, 85, 98, 74, 116, 45, 42, 44, 44, 42, 34], "SliceLocation": [98.016405410799, 97.216405398878, 96.416405386957, 95.616405375037, 94.816405363116, 94.016405351195, 93.216405339274, 92.416405327353, 91.616405315432, 90.816405303511, 90.01640529159, 89.216405279669, 88.416405267748, 87.616405255827, 86.816405243906, 86.016405231985, 85.216405220064, 84.416405208144, 83.616405196223, 82.816405184302, 82.016405172381, 81.21640516046, 80.416405148539, 79.616405136618, 78.816405124697, 78.016405112776, 77.216405100855, 76.416405088934, 75.616405077013, 74.816405065092, 74.016405053171, 73.216405041251, 72.41640502933, 71.616405017409, 70.816405005488, 70.016404993567, 69.216404981646, 68.416404969725, 67.616404957804, 66.816404945883, 66.016404933962, 65.216404922041, 64.41640491012, 63.616404898199, 62.816404886278, 62.016404874358, 61.216404862437, 60.416404850516, 59.616404838595, 58.816404826674, 58.016404814753, 57.216404802832, 56.416404790911, 55.61640477899, 54.816404767069, 54.016404755148, 53.216404743227, 52.416404731306, 51.616404719385, 50.816404707464, 50.016404695544, 49.216404683623, 48.416404671702, 47.616404659781, 46.81640464786, 46.016404635939, 45.216404624018, 44.416404612097, 43.616404600176, 42.816404588255, 42.016404576334, 41.216404564413, 40.416404552492, 39.616404540571, 38.816404528651, 38.01640451673, 37.216404504809, 36.416404492888, 35.616404480967, 34.816404469046, 34.016404457125, 33.216404445204, 32.416404433283, 31.616404421362, 30.816404409441, 30.01640439752, 29.216404385599, 28.416404373678, 27.616404361758, 26.816404349837, 26.016404337916, 25.216404325995, 24.416404314074, 23.616404302153, 22.816404290232, 22.016404278311, 21.21640426639, 20.416404254469, 19.616404242548, 18.816404230627, 18.016404218706, 17.216404206785, 16.416404194865, 15.616404182944, 14.816404171023, 14.016404159102, 13.216404147181, 12.41640413526, 11.616404123339, 10.816404111418, 10.016404099497, 9.2164040875762, 8.4164040756553, 7.6164040637343, 6.8164040518134, 6.0164040398925, 5.2164040279715, 4.4164040160506, 3.6164040041297, 2.8164039922088, 2.0164039802878, 1.2164039683669, 0.41640395644597, -0.383596055475, -1.1835960673959, -1.9835960793168, -2.7835960912377, -3.5835961031587, -4.3835961150796, -5.1835961270005, -5.9835961389215, -6.7835961508424, -7.5835961627633, -8.3835961746842, -9.1835961866052, -9.9835961985261, -10.783596210447, -11.583596222368, -12.383596234289, -13.18359624621, -13.983596258131, -14.783596270052, -15.583596281973, -16.383596293894, -17.183596305814, -17.983596317735, -18.783596329656, -19.583596341577, -20.383596353498, -21.183596365419, -21.98359637734, -22.783596389261, -23.583596401182, -24.383596413103, -25.183596425024, -25.983596436945, -26.783596448866, -27.583596460787, -28.383596472707, -29.183596484628, -29.983596496549, -30.78359650847, -31.583596520391, -32.383596532312, -33.183596544233, -33.983596556154, -34.783596568075, -35.583596579996, -36.383596591917, -37.183596603838, -37.983596615759, -38.78359662768, -39.5835966396, -40.383596651521, -41.183596663442, -41.983596675363, -42.783596687284, -43.583596699205, -44.383596711126, -45.183596723047, -45.983596734968, -46.783596746889, -47.58359675881, -48.383596770731, -49.183596782652, -49.983596794573, -50.783596806493, -51.583596818414, -52.383596830335, -53.183596842256, -53.983596854177, -54.783596866098, -55.583596878019, -56.38359688994, -57.183596901861, -57.983596913782, -58.783596925703, -59.583596937624, -60.383596949545, -61.183596961466, -61.983596973386, -62.783596985307, -63.583596997228, -64.383597009149, -65.18359702107, -65.983597032991, -66.783597044912, -67.583597056833, -68.383597068754, -69.183597080675, -69.983597092596, -70.783597104517, -71.583597116438, -72.383597128359, -73.183597140279, -73.9835971522, -74.783597164121, -75.583597176042, -76.383597187963, -77.183597199884, -77.983597211805, -78.783597223726, -79.583597235647, -80.383597247568, -81.183597259489, -81.98359727141, -82.783597283331, -83.583597295252, -84.383597307172, -85.183597319093, -85.983597331014, -86.783597342935, -87.583597354856, -88.383597366777, -89.183597378698, -89.983597390619, -90.78359740254, -91.583597414461, -92.383597426382, -93.183597438303, -93.983597450224, -94.783597462145, -95.583597474065, -96.383597485986, -97.183597497907, -97.983597509828, -98.783597521749, -99.58359753367, -100.38359754559, -101.18359755751, -101.98359756943, -102.78359758135, -103.58359759327, -104.3835976052, -105.18359761712, -105.98359762904], "WindowCenter": [26.0, 27.0, 27.0, 27.0, 28.0, 31.0, 30.0, 29.0, 28.0, 28.0, 29.0, 30.0, 29.0, 31.0, 30.0, 30.0, 30.0, 30.0, 61.0, 257.0, 249.0, 258.0, 268.0, 278.0, 269.0, 264.0, 251.0, 238.0, 219.0, 235.0, 257.0, 267.0, 308.0, 329.0, 328.0, 320.0, 316.0, 324.0, 330.0, 328.0, 329.0, 324.0, 329.0, 333.0, 335.0, 351.0, 370.0, 379.0, 386.0, 400.0, 418.0, 424.0, 427.0, 433.0, 436.0, 444.0, 440.0, 444.0, 447.0, 451.0, 456.0, 460.0, 465.0, 467.0, 470.0, 470.0, 472.0, 473.0, 474.0, 477.0, 482.0, 483.0, 487.0, 491.0, 495.0, 497.0, 498.0, 503.0, 509.0, 510.0, 512.0, 514.0, 514.0, 515.0, 513.0, 511.0, 511.0, 511.0, 511.0, 512.0, 513.0, 515.0, 513.0, 519.0, 520.0, 521.0, 521.0, 524.0, 522.0, 522.0, 522.0, 529.0, 527.0, 527.0, 524.0, 520.0, 517.0, 516.0, 513.0, 514.0, 516.0, 517.0, 522.0, 529.0, 534.0, 539.0, 543.0, 547.0, 553.0, 558.0, 564.0, 567.0, 571.0, 576.0, 583.0, 583.0, 572.0, 569.0, 573.0, 564.0, 559.0, 552.0, 549.0, 548.0, 545.0, 544.0, 540.0, 537.0, 532.0, 529.0, 527.0, 525.0, 520.0, 516.0, 512.0, 508.0, 505.0, 505.0, 503.0, 503.0, 504.0, 504.0, 506.0, 505.0, 506.0, 505.0, 504.0, 505.0, 505.0, 505.0, 506.0, 504.0, 501.0, 506.0, 506.0, 506.0, 507.0, 506.0, 506.0, 509.0, 511.0, 512.0, 513.0, 513.0, 512.0, 512.0, 509.0, 507.0, 504.0, 501.0, 500.0, 495.0, 493.0, 490.0, 484.0, 480.0, 476.0, 479.0, 476.0, 475.0, 474.0, 469.0, 466.0, 461.0, 456.0, 450.0, 444.0, 438.0, 435.0, 435.0, 432.0, 431.0, 426.0, 418.0, 394.0, 380.0, 375.0, 361.0, 351.0, 339.0, 340.0, 343.0, 343.0, 343.0, 341.0, 343.0, 348.0, 342.0, 337.0, 340.0, 340.0, 329.0, 319.0, 305.0, 289.0, 262.0, 236.0, 242.0, 247.0, 247.0, 262.0, 232.0, 267.0, 252.0, 246.0, 293.0, 204.0, 263.0, 58.0, 30.0, 30.0, 30.0, 30.0, 30.0, 30.0, 30.0, 28.0, 29.0, 28.0, 29.0, 26.0, 26.0, 26.0, 26.0, 26.0, 25.0], "WindowWidth": [67.0, 70.0, 71.0, 71.0, 73.0, 84.0, 81.0, 75.0, 74.0, 74.0, 75.0, 78.0, 75.0, 83.0, 79.0, 79.0, 79.0, 78.0, 177.0, 488.0, 481.0, 501.0, 520.0, 536.0, 531.0, 527.0, 511.0, 495.0, 466.0, 494.0, 533.0, 566.0, 650.0, 688.0, 691.0, 679.0, 679.0, 699.0, 714.0, 712.0, 713.0, 704.0, 712.0, 721.0, 729.0, 762.0, 801.0, 820.0, 830.0, 857.0, 889.0, 900.0, 907.0, 917.0, 922.0, 933.0, 927.0, 934.0, 941.0, 949.0, 959.0, 965.0, 972.0, 975.0, 981.0, 982.0, 983.0, 986.0, 987.0, 993.0, 997.0, 997.0, 1002.0, 1008.0, 1014.0, 1017.0, 1019.0, 1028.0, 1036.0, 1036.0, 1036.0, 1036.0, 1036.0, 1033.0, 1031.0, 1030.0, 1029.0, 1030.0, 1029.0, 1030.0, 1035.0, 1037.0, 1037.0, 1049.0, 1051.0, 1056.0, 1058.0, 1066.0, 1063.0, 1064.0, 1065.0, 1077.0, 1076.0, 1075.0, 1071.0, 1063.0, 1058.0, 1057.0, 1054.0, 1056.0, 1059.0, 1061.0, 1068.0, 1079.0, 1089.0, 1100.0, 1105.0, 1115.0, 1125.0, 1132.0, 1142.0, 1150.0, 1158.0, 1166.0, 1182.0, 1181.0, 1155.0, 1147.0, 1160.0, 1150.0, 1141.0, 1128.0, 1122.0, 1120.0, 1112.0, 1107.0, 1099.0, 1090.0, 1080.0, 1075.0, 1072.0, 1067.0, 1059.0, 1056.0, 1048.0, 1040.0, 1033.0, 1032.0, 1029.0, 1028.0, 1030.0, 1030.0, 1035.0, 1033.0, 1033.0, 1030.0, 1026.0, 1027.0, 1026.0, 1024.0, 1025.0, 1021.0, 1017.0, 1024.0, 1025.0, 1027.0, 1026.0, 1025.0, 1024.0, 1030.0, 1033.0, 1033.0, 1037.0, 1037.0, 1038.0, 1037.0, 1033.0, 1034.0, 1030.0, 1026.0, 1025.0, 1018.0, 1014.0, 1011.0, 1001.0, 995.0, 991.0, 995.0, 992.0, 990.0, 990.0, 985.0, 979.0, 969.0, 961.0, 950.0, 939.0, 926.0, 920.0, 918.0, 912.0, 911.0, 905.0, 894.0, 850.0, 825.0, 812.0, 788.0, 765.0, 739.0, 741.0, 746.0, 744.0, 742.0, 740.0, 743.0, 750.0, 739.0, 727.0, 728.0, 722.0, 698.0, 670.0, 635.0, 597.0, 546.0, 502.0, 508.0, 512.0, 514.0, 532.0, 487.0, 530.0, 496.0, 484.0, 545.0, 424.0, 498.0, 170.0, 81.0, 79.0, 78.0, 78.0, 79.0, 78.0, 78.0, 74.0, 78.0, 74.0, 78.0, 69.0, 68.0, 68.0, 67.0, 67.0, 66.0]}}}