{"AcquisitionMatrixPE": 256, "AcquisitionNumber": 1, "AcquisitionTime": "17:28:53.935000", "BaseResolution": 256, "BodyPartExamined": "BRAIN", "ConsistencyInfo": "N4_VD11D_LATEST_20110129", "ConversionSoftware": "dcm2niix", "ConversionSoftwareVersion": "v1.0.20210317", "DeviceSerialNumber": "45239", "DwellTime": 7.3e-06, "EchoTime": 0.00195, "FlipAngle": 8, "ImageOrientationPatientDICOM": [0.0129422, 0.998524, -0.0527441, 0.0640873, -0.0534685, -0.996511], "ImageType": ["ORIGINAL", "PRIMARY", "M", "ND", "NORM"], "ImagingFrequency": 123.193, "InPlanePhaseEncodingDirectionDICOM": "ROW", "InstitutionAddress": "E 24th St. 100,Austin,Southmiddle,US,78712", "InstitutionName": "Univ of Texas at Austin", "InstitutionalDepartmentName": "IRC", "InversionTime": 1, "MRAcquisitionType": "3D", "MagneticFieldStrength": 3, "Manufacturer": "Siemens", "ManufacturersModelName": "Skyra", "Modality": "MR", "ParallelReductionFactorInPlane": 2, "PartialFourier": 1, "PatientPosition": "HFS", "PercentPhaseFOV": 100, "PercentSampling": 100, "PhaseEncodingSteps": 282, "PhaseOversampling": 0.1, "PhaseResolution": 1, "PixelBandwidth": 270, "ProcedureStepDescription": "Poldrack2^self-scanning", "ProtocolName": "T1w_MPR1_PMC", "PulseSequenceDetails": "%SiemensSeq%\\tfl", "ReceiveCoilActiveElements": "HEA;HEP", "ReceiveCoilName": "Head_32", "ReconMatrixPE": 256, "RefLinesPE": 32, "RepetitionTime": 2.4, "SAR": 0.0556205, "ScanOptions": "IR\\WE", "ScanningSequence": "GR\\IR", "SequenceName": "*tfl3d1_16ns", "SequenceVariant": "SK\\SP\\MP\\OSP", "SeriesDescription": "T1w_MPR1_PMC", "SeriesNumber": 17, "ShimSetting": [-2781, 8051, -15555, 86, -261, -113, 57, -72], "SliceThickness": 0.8, "SoftwareVersions": "syngo MR D11", "StationName": "AWP45239", "TxRefAmp": 333.265, "dcmmeta_affine": [[0.7982882857322693, 0.010363901033997536, 0.05131988972425461, -104.83470153808594], [-0.00761348195374012, 0.7995994687080383, -0.042816538363695145, -103.50751495361328], [-0.05174775794148445, 0.04223652184009552, 0.7979872226715088, -88.76074981689453], [0.0, 0.0, 0.0, 1.0]], "dcmmeta_reorient_transform": [[0.0, 0.0, -1.0, 255.0], [0.0, -1.0, 0.0, 255.0], [-1.0, 0.0, 0.0, 255.0], [0.0, 0.0, 0.0, 1.0]], "dcmmeta_shape": [256, 256, 256], "dcmmeta_slice_dim": 0, "dcmmeta_version": 0.6, "global": {"const": {"AcquisitionMatrix": [0, 256, 256, 0], "AcquisitionNumber": 1, "AcquisitionTime": "172853.935000", "AngioFlag": "N", "BitsAllocated": 16, "BitsStored": 12, "BodyPartExamined": "BRAIN", "Columns": 256, "EchoNumbers": 1, "EchoTime": 1.95, "EchoTrainLength": 1, "FlipAngle": 8.0, "HighBit": 11, "ImageOrientationPatient": [0.01294223750853, 0.9985241878905, -0.052744143617, 0.06408727649035, -0.0534684554175, -0.9965108856743], "ImageType": ["ORIGINAL", "PRIMARY", "M", "ND", "NORM"], "ImagedNucleus": "1H", "ImagingFrequency": 123.193421, "InPlanePhaseEncodingDirection": "ROW", "InversionTime": 1000.0, "MRAcquisitionType": "3D", "MagneticFieldStrength": 3.0, "Manufacturer": "SIEMENS", "ManufacturerModelName": "Skyra", "Modality": "MR", "NumberOfAverages": 1.0, "NumberOfPhaseEncodingSteps": 282, "PercentPhaseFieldOfView": 100.0, "PercentSampling": 100.0, "PerformedProcedureStepStartTime": "165957.375000", "PhotometricInterpretation": "MONOCHROME2", "PixelBandwidth": 270.0, "PixelRepresentation": 0, "PixelSpacing": [0.80078125, 0.80078125], "ProtocolName": "T1w_MPR1_PMC", "RepetitionTime": 2400.0, "Rows": 256, "SAR": 0.0556204880522, "SamplesPerPixel": 1, "ScanOptions": ["IR", "WE"], "ScanningSequence": ["GR", "IR"], "SequenceName": "*tfl3d1_16ns", "SequenceVariant": ["SK", "SP", "MP", "OSP"], "SeriesDescription": "T1w_MPR1_PMC", "SeriesNumber": 17, "SeriesTime": "173514.265000", "SliceThickness": 0.80000001192093, "SmallestImagePixelValue": 0, "SoftwareVersions": "syngo MR D11", "SpecificCharacterSet": "ISO_IR 100", "StudyID": "1", "StudyTime": "165957.343000", "TransmitCoilName": "Body", "VariableFlipAngleFlag": "N", "WindowCenterWidthExplanation": "Algo1", "dBdt": 0.0}, "slices": {"ContentTime": ["173523.046000", "173523.046000", "173523.046000", "173523.046000", "173523.046000", "173523.046000", "173523.046000", "173523.031000", "173523.031000", "173523.031000", "173523.031000", "173523.015000", "173523.015000", "173523.015000", "173523.015000", "173523.015000", "173523.015000", "173523.015000", "173523.015000", "173523.000000", "173523.000000", "173523.000000", "173523.000000", "173523.000000", "173523.000000", "173523.000000", "173522.984000", "173522.984000", "173522.984000", "173522.984000", "173522.984000", "173522.984000", "173522.984000", "173522.984000", "173522.968000", "173522.968000", "173522.968000", "173522.968000", "173522.953000", "173522.953000", "173522.953000", "173522.953000", "173522.937000", "173522.937000", "173522.937000", "173522.937000", "173522.890000", "173522.875000", "173522.875000", "173522.875000", "173522.875000", "173522.828000", "173522.828000", "173522.828000", "173522.828000", "173522.828000", "173522.828000", "173522.828000", "173522.812000", "173522.812000", "173522.812000", "173522.812000", "173522.812000", "173522.812000", "173522.812000", "173522.812000", "173522.796000", "173522.796000", "173522.796000", "173522.796000", "173522.796000", "173522.796000", "173522.750000", "173522.750000", "173522.750000", "173522.750000", "173522.750000", "173522.750000", "173522.671000", "173522.671000", "173522.671000", "173522.671000", "173522.671000", "173522.671000", "173522.671000", "173522.656000", "173522.656000", "173522.656000", "173522.656000", "173522.656000", "173522.656000", "173522.640000", "173522.640000", "173522.640000", "173522.640000", "173522.640000", "173522.640000", "173522.640000", "173522.640000", "173522.625000", "173522.625000", "173522.625000", "173522.625000", "173522.625000", "173522.625000", "173522.609000", "173522.609000", "173522.609000", "173522.609000", "173522.609000", "173522.609000", "173522.609000", "173522.593000", "173522.593000", "173522.593000", "173522.593000", "173522.593000", "173522.578000", "173522.578000", "173522.578000", "173522.578000", "173522.578000", "173522.578000", "173522.562000", "173522.562000", "173522.562000", "173522.562000", "173522.562000", "173522.562000", "173522.546000", "173522.546000", "173522.546000", "173522.546000", "173522.546000", "173522.546000", "173522.546000", "173522.531000", "173522.531000", "173522.531000", "173522.531000", "173522.531000", "173522.531000", "173522.531000", "173522.515000", "173522.515000", "173522.515000", "173522.515000", "173522.515000", "173522.515000", "173522.515000", "173522.515000", "173522.500000", "173522.500000", "173522.500000", "173522.500000", "173522.500000", "173522.484000", "173522.484000", "173522.484000", "173522.484000", "173522.484000", "173522.468000", "173522.468000", "173522.468000", "173522.468000", "173522.468000", "173522.468000", "173522.453000", "173522.453000", "173522.453000", "173522.453000", "173522.453000", "173522.437000", "173522.437000", "173522.437000", "173522.437000", "173522.421000", "173522.421000", "173522.421000", "173522.421000", "173522.406000", "173522.390000", "173522.390000", "173522.390000", "173522.390000", "173522.390000", "173522.390000", "173522.375000", "173522.375000", "173522.375000", "173522.375000", "173522.359000", "173522.359000", "173522.359000", "173522.359000", "173522.359000", "173522.343000", "173522.343000", "173522.343000", "173514.390000", "173514.390000", "173514.390000", "173514.390000", "173514.375000", "173514.375000", "173514.375000", "173514.375000", "173514.375000", "173514.375000", "173514.375000", "173514.375000", "173514.359000", "173514.359000", "173514.359000", "173514.359000", "173514.359000", "173514.359000", "173514.359000", "173514.343000", "173514.343000", "173514.343000", "173514.343000", "173514.343000", "173514.343000", "173514.328000", "173514.328000", "173514.328000", "173514.328000", "173514.328000", "173514.328000", "173514.328000", "173514.312000", "173514.312000", "173514.312000", "173514.312000", "173514.312000", "173514.312000", "173514.312000", "173514.296000", "173514.296000", "173514.296000", "173514.296000", "173514.296000", "173514.296000", "173514.281000", "173514.281000", "173514.281000", "173514.281000", "173514.281000", "173514.281000", "173514.281000", "173514.281000", "173514.265000", "173514.265000", "173514.265000", "173514.265000"], "CsaImage.Actual3DImaPartNumber": [255, 254, 253, 252, 251, 250, 249, 248, 247, 246, 245, 244, 243, 242, 241, 240, 239, 238, 237, 236, 235, 234, 233, 232, 231, 230, 229, 228, 227, 226, 225, 224, 223, 222, 221, 220, 219, 218, 217, 216, 215, 214, 213, 212, 211, 210, 209, 208, 207, 206, 205, 204, 203, 202, 201, 200, 199, 198, 197, 196, 195, 194, 193, 192, 191, 190, 189, 188, 187, 186, 185, 184, 183, 182, 181, 180, 179, 178, 177, 176, 175, 174, 173, 172, 171, 170, 169, 168, 167, 166, 165, 164, 163, 162, 161, 160, 159, 158, 157, 156, 155, 154, 153, 152, 151, 150, 149, 148, 147, 146, 145, 144, 143, 142, 141, 140, 139, 138, 137, 136, 135, 134, 133, 132, 131, 130, 129, 128, 127, 126, 125, 124, 123, 122, 121, 120, 119, 118, 117, 116, 115, 114, 113, 112, 111, 110, 109, 108, 107, 106, 105, 104, 103, 102, 101, 100, 99, 98, 97, 96, 95, 94, 93, 92, 91, 90, 89, 88, 87, 86, 85, 84, 83, 82, 81, 80, 79, 78, 77, 76, 75, 74, 73, 72, 71, 70, 69, 68, 67, 66, 65, 64, 63, 62, 61, 60, 59, 58, 57, 56, 55, 54, 53, 52, 51, 50, 49, 48, 47, 46, 45, 44, 43, 42, 41, 40, 39, 38, 37, 36, 35, 34, 33, 32, 31, 30, 29, 28, 27, 26, 25, 24, 23, 22, 21, 20, 19, 18, 17, 16, 15, 14, 13, 12, 11, 10, 9, 8, 7, 6, 5, 4, 3, 2, 1, 0], "CsaImage.ICE_Dims": ["X_1_1_1_1_1_256_1_1_1_1_1_89", "X_1_1_1_1_1_255_1_1_1_1_1_89", "X_1_1_1_1_1_254_1_1_1_1_1_89", "X_1_1_1_1_1_253_1_1_1_1_1_89", "X_1_1_1_1_1_252_1_1_1_1_1_89", "X_1_1_1_1_1_251_1_1_1_1_1_89", "X_1_1_1_1_1_250_1_1_1_1_1_89", "X_1_1_1_1_1_249_1_1_1_1_1_89", "X_1_1_1_1_1_248_1_1_1_1_1_89", "X_1_1_1_1_1_247_1_1_1_1_1_89", "X_1_1_1_1_1_246_1_1_1_1_1_89", "X_1_1_1_1_1_245_1_1_1_1_1_89", "X_1_1_1_1_1_244_1_1_1_1_1_89", "X_1_1_1_1_1_243_1_1_1_1_1_89", "X_1_1_1_1_1_242_1_1_1_1_1_89", "X_1_1_1_1_1_241_1_1_1_1_1_89", "X_1_1_1_1_1_240_1_1_1_1_1_89", "X_1_1_1_1_1_239_1_1_1_1_1_89", "X_1_1_1_1_1_238_1_1_1_1_1_89", "X_1_1_1_1_1_237_1_1_1_1_1_89", "X_1_1_1_1_1_236_1_1_1_1_1_89", "X_1_1_1_1_1_235_1_1_1_1_1_89", "X_1_1_1_1_1_234_1_1_1_1_1_89", "X_1_1_1_1_1_233_1_1_1_1_1_89", "X_1_1_1_1_1_232_1_1_1_1_1_89", "X_1_1_1_1_1_231_1_1_1_1_1_89", "X_1_1_1_1_1_230_1_1_1_1_1_89", "X_1_1_1_1_1_229_1_1_1_1_1_89", "X_1_1_1_1_1_228_1_1_1_1_1_89", "X_1_1_1_1_1_227_1_1_1_1_1_89", "X_1_1_1_1_1_226_1_1_1_1_1_89", "X_1_1_1_1_1_225_1_1_1_1_1_89", "X_1_1_1_1_1_224_1_1_1_1_1_89", "X_1_1_1_1_1_223_1_1_1_1_1_89", "X_1_1_1_1_1_222_1_1_1_1_1_89", "X_1_1_1_1_1_221_1_1_1_1_1_89", "X_1_1_1_1_1_220_1_1_1_1_1_89", "X_1_1_1_1_1_219_1_1_1_1_1_89", "X_1_1_1_1_1_218_1_1_1_1_1_89", "X_1_1_1_1_1_217_1_1_1_1_1_89", "X_1_1_1_1_1_216_1_1_1_1_1_89", "X_1_1_1_1_1_215_1_1_1_1_1_89", "X_1_1_1_1_1_214_1_1_1_1_1_89", "X_1_1_1_1_1_213_1_1_1_1_1_89", "X_1_1_1_1_1_212_1_1_1_1_1_89", "X_1_1_1_1_1_211_1_1_1_1_1_89", "X_1_1_1_1_1_210_1_1_1_1_1_89", "X_1_1_1_1_1_209_1_1_1_1_1_89", "X_1_1_1_1_1_208_1_1_1_1_1_89", "X_1_1_1_1_1_207_1_1_1_1_1_89", "X_1_1_1_1_1_206_1_1_1_1_1_89", "X_1_1_1_1_1_205_1_1_1_1_1_89", "X_1_1_1_1_1_204_1_1_1_1_1_89", "X_1_1_1_1_1_203_1_1_1_1_1_89", "X_1_1_1_1_1_202_1_1_1_1_1_89", "X_1_1_1_1_1_201_1_1_1_1_1_89", "X_1_1_1_1_1_200_1_1_1_1_1_89", "X_1_1_1_1_1_199_1_1_1_1_1_89", "X_1_1_1_1_1_198_1_1_1_1_1_89", "X_1_1_1_1_1_197_1_1_1_1_1_89", "X_1_1_1_1_1_196_1_1_1_1_1_89", "X_1_1_1_1_1_195_1_1_1_1_1_89", "X_1_1_1_1_1_194_1_1_1_1_1_89", "X_1_1_1_1_1_193_1_1_1_1_1_89", "X_1_1_1_1_1_192_1_1_1_1_1_89", "X_1_1_1_1_1_191_1_1_1_1_1_89", "X_1_1_1_1_1_190_1_1_1_1_1_89", "X_1_1_1_1_1_189_1_1_1_1_1_89", "X_1_1_1_1_1_188_1_1_1_1_1_89", "X_1_1_1_1_1_187_1_1_1_1_1_89", "X_1_1_1_1_1_186_1_1_1_1_1_89", "X_1_1_1_1_1_185_1_1_1_1_1_89", "X_1_1_1_1_1_184_1_1_1_1_1_89", "X_1_1_1_1_1_183_1_1_1_1_1_89", "X_1_1_1_1_1_182_1_1_1_1_1_89", "X_1_1_1_1_1_181_1_1_1_1_1_89", "X_1_1_1_1_1_180_1_1_1_1_1_89", "X_1_1_1_1_1_179_1_1_1_1_1_89", "X_1_1_1_1_1_178_1_1_1_1_1_89", "X_1_1_1_1_1_177_1_1_1_1_1_89", "X_1_1_1_1_1_176_1_1_1_1_1_89", "X_1_1_1_1_1_175_1_1_1_1_1_89", "X_1_1_1_1_1_174_1_1_1_1_1_89", "X_1_1_1_1_1_173_1_1_1_1_1_89", "X_1_1_1_1_1_172_1_1_1_1_1_89", "X_1_1_1_1_1_171_1_1_1_1_1_89", "X_1_1_1_1_1_170_1_1_1_1_1_89", "X_1_1_1_1_1_169_1_1_1_1_1_89", "X_1_1_1_1_1_168_1_1_1_1_1_89", "X_1_1_1_1_1_167_1_1_1_1_1_89", "X_1_1_1_1_1_166_1_1_1_1_1_89", "X_1_1_1_1_1_165_1_1_1_1_1_89", "X_1_1_1_1_1_164_1_1_1_1_1_89", "X_1_1_1_1_1_163_1_1_1_1_1_89", "X_1_1_1_1_1_162_1_1_1_1_1_89", "X_1_1_1_1_1_161_1_1_1_1_1_89", "X_1_1_1_1_1_160_1_1_1_1_1_89", "X_1_1_1_1_1_159_1_1_1_1_1_89", "X_1_1_1_1_1_158_1_1_1_1_1_89", "X_1_1_1_1_1_157_1_1_1_1_1_89", "X_1_1_1_1_1_156_1_1_1_1_1_89", "X_1_1_1_1_1_155_1_1_1_1_1_89", "X_1_1_1_1_1_154_1_1_1_1_1_89", "X_1_1_1_1_1_153_1_1_1_1_1_89", "X_1_1_1_1_1_152_1_1_1_1_1_89", "X_1_1_1_1_1_151_1_1_1_1_1_89", "X_1_1_1_1_1_150_1_1_1_1_1_89", "X_1_1_1_1_1_149_1_1_1_1_1_89", "X_1_1_1_1_1_148_1_1_1_1_1_89", "X_1_1_1_1_1_147_1_1_1_1_1_89", "X_1_1_1_1_1_146_1_1_1_1_1_89", "X_1_1_1_1_1_145_1_1_1_1_1_89", "X_1_1_1_1_1_144_1_1_1_1_1_89", "X_1_1_1_1_1_143_1_1_1_1_1_89", "X_1_1_1_1_1_142_1_1_1_1_1_89", "X_1_1_1_1_1_141_1_1_1_1_1_89", "X_1_1_1_1_1_140_1_1_1_1_1_89", "X_1_1_1_1_1_139_1_1_1_1_1_89", "X_1_1_1_1_1_138_1_1_1_1_1_89", "X_1_1_1_1_1_137_1_1_1_1_1_89", "X_1_1_1_1_1_136_1_1_1_1_1_89", "X_1_1_1_1_1_135_1_1_1_1_1_89", "X_1_1_1_1_1_134_1_1_1_1_1_89", "X_1_1_1_1_1_133_1_1_1_1_1_89", "X_1_1_1_1_1_132_1_1_1_1_1_89", "X_1_1_1_1_1_131_1_1_1_1_1_89", "X_1_1_1_1_1_130_1_1_1_1_1_89", "X_1_1_1_1_1_129_1_1_1_1_1_89", "X_1_1_1_1_1_128_1_1_1_1_1_89", "X_1_1_1_1_1_127_1_1_1_1_1_89", "X_1_1_1_1_1_126_1_1_1_1_1_89", "X_1_1_1_1_1_125_1_1_1_1_1_89", "X_1_1_1_1_1_124_1_1_1_1_1_89", "X_1_1_1_1_1_123_1_1_1_1_1_89", "X_1_1_1_1_1_122_1_1_1_1_1_89", "X_1_1_1_1_1_121_1_1_1_1_1_89", "X_1_1_1_1_1_120_1_1_1_1_1_89", "X_1_1_1_1_1_119_1_1_1_1_1_89", "X_1_1_1_1_1_118_1_1_1_1_1_89", "X_1_1_1_1_1_117_1_1_1_1_1_89", "X_1_1_1_1_1_116_1_1_1_1_1_89", "X_1_1_1_1_1_115_1_1_1_1_1_89", "X_1_1_1_1_1_114_1_1_1_1_1_89", "X_1_1_1_1_1_113_1_1_1_1_1_89", "X_1_1_1_1_1_112_1_1_1_1_1_89", "X_1_1_1_1_1_111_1_1_1_1_1_89", "X_1_1_1_1_1_110_1_1_1_1_1_89", "X_1_1_1_1_1_109_1_1_1_1_1_89", "X_1_1_1_1_1_108_1_1_1_1_1_89", "X_1_1_1_1_1_107_1_1_1_1_1_89", "X_1_1_1_1_1_106_1_1_1_1_1_89", "X_1_1_1_1_1_105_1_1_1_1_1_89", "X_1_1_1_1_1_104_1_1_1_1_1_89", "X_1_1_1_1_1_103_1_1_1_1_1_89", "X_1_1_1_1_1_102_1_1_1_1_1_89", "X_1_1_1_1_1_101_1_1_1_1_1_89", "X_1_1_1_1_1_100_1_1_1_1_1_89", "X_1_1_1_1_1_99_1_1_1_1_1_89", "X_1_1_1_1_1_98_1_1_1_1_1_89", "X_1_1_1_1_1_97_1_1_1_1_1_89", "X_1_1_1_1_1_96_1_1_1_1_1_89", "X_1_1_1_1_1_95_1_1_1_1_1_89", "X_1_1_1_1_1_94_1_1_1_1_1_89", "X_1_1_1_1_1_93_1_1_1_1_1_89", "X_1_1_1_1_1_92_1_1_1_1_1_89", "X_1_1_1_1_1_91_1_1_1_1_1_89", "X_1_1_1_1_1_90_1_1_1_1_1_89", "X_1_1_1_1_1_89_1_1_1_1_1_89", "X_1_1_1_1_1_88_1_1_1_1_1_89", "X_1_1_1_1_1_87_1_1_1_1_1_89", "X_1_1_1_1_1_86_1_1_1_1_1_89", "X_1_1_1_1_1_85_1_1_1_1_1_89", "X_1_1_1_1_1_84_1_1_1_1_1_89", "X_1_1_1_1_1_83_1_1_1_1_1_89", "X_1_1_1_1_1_82_1_1_1_1_1_89", "X_1_1_1_1_1_81_1_1_1_1_1_89", "X_1_1_1_1_1_80_1_1_1_1_1_89", "X_1_1_1_1_1_79_1_1_1_1_1_89", "X_1_1_1_1_1_78_1_1_1_1_1_89", "X_1_1_1_1_1_77_1_1_1_1_1_89", "X_1_1_1_1_1_76_1_1_1_1_1_89", "X_1_1_1_1_1_75_1_1_1_1_1_89", "X_1_1_1_1_1_74_1_1_1_1_1_89", "X_1_1_1_1_1_73_1_1_1_1_1_89", "X_1_1_1_1_1_72_1_1_1_1_1_89", "X_1_1_1_1_1_71_1_1_1_1_1_89", "X_1_1_1_1_1_70_1_1_1_1_1_89", "X_1_1_1_1_1_69_1_1_1_1_1_89", "X_1_1_1_1_1_68_1_1_1_1_1_89", "X_1_1_1_1_1_67_1_1_1_1_1_89", "X_1_1_1_1_1_66_1_1_1_1_1_89", "X_1_1_1_1_1_65_1_1_1_1_1_89", "X_1_1_1_1_1_64_1_1_1_1_1_89", "X_1_1_1_1_1_63_1_1_1_1_1_89", "X_1_1_1_1_1_62_1_1_1_1_1_89", "X_1_1_1_1_1_61_1_1_1_1_1_89", "X_1_1_1_1_1_60_1_1_1_1_1_89", "X_1_1_1_1_1_59_1_1_1_1_1_89", "X_1_1_1_1_1_58_1_1_1_1_1_89", "X_1_1_1_1_1_57_1_1_1_1_1_89", "X_1_1_1_1_1_56_1_1_1_1_1_89", "X_1_1_1_1_1_55_1_1_1_1_1_89", "X_1_1_1_1_1_54_1_1_1_1_1_89", "X_1_1_1_1_1_53_1_1_1_1_1_89", "X_1_1_1_1_1_52_1_1_1_1_1_89", "X_1_1_1_1_1_51_1_1_1_1_1_89", "X_1_1_1_1_1_50_1_1_1_1_1_89", "X_1_1_1_1_1_49_1_1_1_1_1_89", "X_1_1_1_1_1_48_1_1_1_1_1_89", "X_1_1_1_1_1_47_1_1_1_1_1_89", "X_1_1_1_1_1_46_1_1_1_1_1_89", "X_1_1_1_1_1_45_1_1_1_1_1_89", "X_1_1_1_1_1_44_1_1_1_1_1_89", "X_1_1_1_1_1_43_1_1_1_1_1_89", "X_1_1_1_1_1_42_1_1_1_1_1_89", "X_1_1_1_1_1_41_1_1_1_1_1_89", "X_1_1_1_1_1_40_1_1_1_1_1_89", "X_1_1_1_1_1_39_1_1_1_1_1_89", "X_1_1_1_1_1_38_1_1_1_1_1_89", "X_1_1_1_1_1_37_1_1_1_1_1_89", "X_1_1_1_1_1_36_1_1_1_1_1_89", "X_1_1_1_1_1_35_1_1_1_1_1_89", "X_1_1_1_1_1_34_1_1_1_1_1_89", "X_1_1_1_1_1_33_1_1_1_1_1_89", "X_1_1_1_1_1_32_1_1_1_1_1_89", "X_1_1_1_1_1_31_1_1_1_1_1_89", "X_1_1_1_1_1_30_1_1_1_1_1_89", "X_1_1_1_1_1_29_1_1_1_1_1_89", "X_1_1_1_1_1_28_1_1_1_1_1_89", "X_1_1_1_1_1_27_1_1_1_1_1_89", "X_1_1_1_1_1_26_1_1_1_1_1_89", "X_1_1_1_1_1_25_1_1_1_1_1_89", "X_1_1_1_1_1_24_1_1_1_1_1_89", "X_1_1_1_1_1_23_1_1_1_1_1_89", "X_1_1_1_1_1_22_1_1_1_1_1_89", "X_1_1_1_1_1_21_1_1_1_1_1_89", "X_1_1_1_1_1_20_1_1_1_1_1_89", "X_1_1_1_1_1_19_1_1_1_1_1_89", "X_1_1_1_1_1_18_1_1_1_1_1_89", "X_1_1_1_1_1_17_1_1_1_1_1_89", "X_1_1_1_1_1_16_1_1_1_1_1_89", "X_1_1_1_1_1_15_1_1_1_1_1_89", "X_1_1_1_1_1_14_1_1_1_1_1_89", "X_1_1_1_1_1_13_1_1_1_1_1_89", "X_1_1_1_1_1_12_1_1_1_1_1_89", "X_1_1_1_1_1_11_1_1_1_1_1_89", "X_1_1_1_1_1_10_1_1_1_1_1_89", "X_1_1_1_1_1_9_1_1_1_1_1_89", "X_1_1_1_1_1_8_1_1_1_1_1_89", "X_1_1_1_1_1_7_1_1_1_1_1_89", "X_1_1_1_1_1_6_1_1_1_1_1_89", "X_1_1_1_1_1_5_1_1_1_1_1_89", "X_1_1_1_1_1_4_1_1_1_1_1_89", "X_1_1_1_1_1_3_1_1_1_1_1_89", "X_1_1_1_1_1_2_1_1_1_1_1_89", "X_1_1_1_1_1_1_1_1_1_1_1_89"], "CsaImage.SlicePosition_PCS": [[89.10533796, -89.47212547, 125.49630557], [88.30704965, -89.46451199, 125.44455781], [87.50876134, -89.45689851, 125.39281005], [86.71047303, -89.44928503, 125.34106229], [85.91218473, -89.44167154, 125.28931454], [85.11389642, -89.43405806, 125.23756678], [84.31560811, -89.42644458, 125.18581902], [83.5173198, -89.4188311, 125.13407126], [82.71903149, -89.41121762, 125.0823235], [81.92074318, -89.40360414, 125.03057574], [81.12245487, -89.39599065, 124.97882799], [80.32416657, -89.38837717, 124.92708023], [79.52587826, -89.38076369, 124.87533247], [78.72758995, -89.37315021, 124.82358471], [77.92930164, -89.36553673, 124.77183695], [77.13101333, -89.35792325, 124.72008919], [76.33272502, -89.35030976, 124.66834143], [75.53443672, -89.34269628, 124.61659368], [74.73614841, -89.3350828, 124.56484592], [73.9378601, -89.32746932, 124.51309816], [73.13957179, -89.31985584, 124.4613504], [72.34128348, -89.31224235, 124.40960264], [71.54299517, -89.30462887, 124.35785488], [70.74470686, -89.29701539, 124.30610712], [69.94641856, -89.28940191, 124.25435937], [69.14813025, -89.28178843, 124.20261161], [68.34984194, -89.27417495, 124.15086385], [67.55155363, -89.26656146, 124.09911609], [66.75326532, -89.25894798, 124.04736833], [65.95497701, -89.2513345, 123.99562057], [65.15668871, -89.24372102, 123.94387282], [64.3584004, -89.23610754, 123.89212506], [63.56011209, -89.22849406, 123.8403773], [62.76182378, -89.22088057, 123.78862954], [61.96353547, -89.21326709, 123.73688178], [61.16524716, -89.20565361, 123.68513402], [60.36695885, -89.19804013, 123.63338626], [59.56867055, -89.19042665, 123.58163851], [58.77038224, -89.18281316, 123.52989075], [57.97209393, -89.17519968, 123.47814299], [57.17380562, -89.1675862, 123.42639523], [56.37551731, -89.15997272, 123.37464747], [55.577229, -89.15235924, 123.32289971], [54.7789407, -89.14474576, 123.27115195], [53.98065239, -89.13713227, 123.2194042], [53.18236408, -89.12951879, 123.16765644], [52.38407577, -89.12190531, 123.11590868], [51.58578746, -89.11429183, 123.06416092], [50.78749915, -89.10667835, 123.01241316], [49.98921084, -89.09906487, 122.9606654], [49.19092254, -89.09145138, 122.90891765], [48.39263423, -89.0838379, 122.85716989], [47.59434592, -89.07622442, 122.80542213], [46.79605761, -89.06861094, 122.75367437], [45.9977693, -89.06099746, 122.70192661], [45.19948099, -89.05338398, 122.65017885], [44.40119268, -89.04577049, 122.59843109], [43.60290438, -89.03815701, 122.54668334], [42.80461607, -89.03054353, 122.49493558], [42.00632776, -89.02293005, 122.44318782], [41.20803945, -89.01531657, 122.39144006], [40.40975114, -89.00770308, 122.3396923], [39.61146283, -89.0000896, 122.28794454], [38.81317453, -88.99247612, 122.23619678], [38.01488622, -88.98486264, 122.18444903], [37.21659791, -88.97724916, 122.13270127], [36.4183096, -88.96963568, 122.08095351], [35.62002129, -88.96202219, 122.02920575], [34.82173298, -88.95440871, 121.97745799], [34.02344467, -88.94679523, 121.92571023], [33.22515637, -88.93918175, 121.87396248], [32.42686806, -88.93156827, 121.82221472], [31.62857975, -88.92395479, 121.77046696], [30.83029144, -88.9163413, 121.7187192], [30.03200313, -88.90872782, 121.66697144], [29.23371482, -88.90111434, 121.61522368], [28.43542652, -88.89350086, 121.56347592], [27.63713821, -88.88588738, 121.51172817], [26.8388499, -88.87827389, 121.45998041], [26.04056159, -88.87066041, 121.40823265], [25.24227328, -88.86304693, 121.35648489], [24.44398497, -88.85543345, 121.30473713], [23.64569666, -88.84781997, 121.25298937], [22.84740836, -88.84020649, 121.20124161], [22.04912005, -88.832593, 121.14949386], [21.25083174, -88.82497952, 121.0977461], [20.45254343, -88.81736604, 121.04599834], [19.65425512, -88.80975256, 120.99425058], [18.85596681, -88.80213908, 120.94250282], [18.0576785, -88.7945256, 120.89075506], [17.2593902, -88.78691211, 120.83900731], [16.46110189, -88.77929863, 120.78725955], [15.66281358, -88.77168515, 120.73551179], [14.86452527, -88.76407167, 120.68376403], [14.06623696, -88.75645819, 120.63201627], [13.26794865, -88.74884471, 120.58026851], [12.46966035, -88.74123122, 120.52852075], [11.67137204, -88.73361774, 120.476773], [10.87308373, -88.72600426, 120.42502524], [10.07479542, -88.71839078, 120.37327748], [9.27650711, -88.7107773, 120.32152972], [8.4782188, -88.70316381, 120.26978196], [7.67993049, -88.69555033, 120.2180342], [6.88164219, -88.68793685, 120.16628644], [6.08335388, -88.68032337, 120.11453869], [5.28506557, -88.67270989, 120.06279093], [4.48677726, -88.66509641, 120.01104317], [3.68848895, -88.65748292, 119.95929541], [2.89020064, -88.64986944, 119.90754765], [2.09191234, -88.64225596, 119.85579989], [1.29362403, -88.63464248, 119.80405214], [0.49533572, -88.627029, 119.75230438], [-0.30295259, -88.61941552, 119.70055662], [-1.1012409, -88.61180203, 119.64880886], [-1.89952921, -88.60418855, 119.5970611], [-2.69781752, -88.59657507, 119.54531334], [-3.49610582, -88.58896159, 119.49356558], [-4.29439413, -88.58134811, 119.44181783], [-5.09268244, -88.57373462, 119.39007007], [-5.89097075, -88.56612114, 119.33832231], [-6.68925906, -88.55850766, 119.28657455], [-7.48754737, -88.55089418, 119.23482679], [-8.28583568, -88.5432807, 119.18307903], [-9.08412398, -88.53566722, 119.13133127], [-9.88241229, -88.52805373, 119.07958352], [-10.6807006, -88.52044025, 119.02783576], [-11.47898891, -88.51282677, 118.976088], [-12.27727722, -88.50521329, 118.92434024], [-13.07556553, -88.49759981, 118.87259248], [-13.87385383, -88.48998633, 118.82084472], [-14.67214214, -88.48237284, 118.76909697], [-15.47043045, -88.47475936, 118.71734921], [-16.26871876, -88.46714588, 118.66560145], [-17.06700707, -88.4595324, 118.61385369], [-17.86529538, -88.45191892, 118.56210593], [-18.66358369, -88.44430544, 118.51035817], [-19.46187199, -88.43669195, 118.45861041], [-20.2601603, -88.42907847, 118.40686266], [-21.05844861, -88.42146499, 118.3551149], [-21.85673692, -88.41385151, 118.30336714], [-22.65502523, -88.40623803, 118.25161938], [-23.45331354, -88.39862454, 118.19987162], [-24.25160184, -88.39101106, 118.14812386], [-25.04989015, -88.38339758, 118.0963761], [-25.84817846, -88.3757841, 118.04462835], [-26.64646677, -88.36817062, 117.99288059], [-27.44475508, -88.36055714, 117.94113283], [-28.24304339, -88.35294365, 117.88938507], [-29.0413317, -88.34533017, 117.83763731], [-29.83962, -88.33771669, 117.78588955], [-30.63790831, -88.33010321, 117.7341418], [-31.43619662, -88.32248973, 117.68239404], [-32.23448493, -88.31487625, 117.63064628], [-33.03277324, -88.30726276, 117.57889852], [-33.83106155, -88.29964928, 117.52715076], [-34.62934985, -88.2920358, 117.475403], [-35.42763816, -88.28442232, 117.42365524], [-36.22592647, -88.27680884, 117.37190749], [-37.02421478, -88.26919535, 117.32015973], [-37.82250309, -88.26158187, 117.26841197], [-38.6207914, -88.25396839, 117.21666421], [-39.41907971, -88.24635491, 117.16491645], [-40.21736801, -88.23874143, 117.11316869], [-41.01565632, -88.23112795, 117.06142093], [-41.81394463, -88.22351446, 117.00967318], [-42.61223294, -88.21590098, 116.95792542], [-43.41052125, -88.2082875, 116.90617766], [-44.20880956, -88.20067402, 116.8544299], [-45.00709787, -88.19306054, 116.80268214], [-45.80538617, -88.18544706, 116.75093438], [-46.60367448, -88.17783357, 116.69918663], [-47.40196279, -88.17022009, 116.64743887], [-48.2002511, -88.16260661, 116.59569111], [-48.99853941, -88.15499313, 116.54394335], [-49.79682772, -88.14737965, 116.49219559], [-50.59511602, -88.13976617, 116.44044783], [-51.39340433, -88.13215268, 116.38870007], [-52.19169264, -88.1245392, 116.33695232], [-52.98998095, -88.11692572, 116.28520456], [-53.78826926, -88.10931224, 116.2334568], [-54.58655757, -88.10169876, 116.18170904], [-55.38484588, -88.09408527, 116.12996128], [-56.18313418, -88.08647179, 116.07821352], [-56.98142249, -88.07885831, 116.02646576], [-57.7797108, -88.07124483, 115.97471801], [-58.57799911, -88.06363135, 115.92297025], [-59.37628742, -88.05601787, 115.87122249], [-60.17457573, -88.04840438, 115.81947473], [-60.97286403, -88.0407909, 115.76772697], [-61.77115234, -88.03317742, 115.71597921], [-62.56944065, -88.02556394, 115.66423146], [-63.36772896, -88.01795046, 115.6124837], [-64.16601727, -88.01033698, 115.56073594], [-64.96430558, -88.00272349, 115.50898818], [-65.76259389, -87.99511001, 115.45724042], [-66.56088219, -87.98749653, 115.40549266], [-67.3591705, -87.97988305, 115.3537449], [-68.15745881, -87.97226957, 115.30199715], [-68.95574712, -87.96465608, 115.25024939], [-69.75403543, -87.9570426, 115.19850163], [-70.55232374, -87.94942912, 115.14675387], [-71.35061205, -87.94181564, 115.09500611], [-72.14890035, -87.93420216, 115.04325835], [-72.94718866, -87.92658868, 114.99151059], [-73.74547697, -87.91897519, 114.93976284], [-74.54376528, -87.91136171, 114.88801508], [-75.34205359, -87.90374823, 114.83626732], [-76.1403419, -87.89613475, 114.78451956], [-76.9386302, -87.88852127, 114.7327718], [-77.73691851, -87.88090779, 114.68102404], [-78.53520682, -87.8732943, 114.62927629], [-79.33349513, -87.86568082, 114.57752853], [-80.13178344, -87.85806734, 114.52578077], [-80.93007175, -87.85045386, 114.47403301], [-81.72836006, -87.84284038, 114.42228525], [-82.52664836, -87.83522689, 114.37053749], [-83.32493667, -87.82761341, 114.31878973], [-84.12322498, -87.81999993, 114.26704198], [-84.92151329, -87.81238645, 114.21529422], [-85.7198016, -87.80477297, 114.16354646], [-86.51808991, -87.79715949, 114.1117987], [-87.31637821, -87.789546, 114.06005094], [-88.11466652, -87.78193252, 114.00830318], [-88.91295483, -87.77431904, 113.95655542], [-89.71124314, -87.76670556, 113.90480767], [-90.50953145, -87.75909208, 113.85305991], [-91.30781976, -87.7514786, 113.80131215], [-92.10610807, -87.74386511, 113.74956439], [-92.90439637, -87.73625163, 113.69781663], [-93.70268468, -87.72863815, 113.64606887], [-94.50097299, -87.72102467, 113.59432112], [-95.2992613, -87.71341119, 113.54257336], [-96.09754961, -87.70579771, 113.4908256], [-96.89583792, -87.69818422, 113.43907784], [-97.69412623, -87.69057074, 113.38733008], [-98.49241453, -87.68295726, 113.33558232], [-99.29070284, -87.67534378, 113.28383456], [-100.08899115, -87.6677303, 113.23208681], [-100.88727946, -87.66011681, 113.18033905], [-101.68556777, -87.65250333, 113.12859129], [-102.48385608, -87.64488985, 113.07684353], [-103.28214438, -87.63727637, 113.02509577], [-104.08043269, -87.62966289, 112.97334801], [-104.878721, -87.62204941, 112.92160025], [-105.67700931, -87.61443592, 112.8698525], [-106.47529762, -87.60682244, 112.81810474], [-107.27358593, -87.59920896, 112.76635698], [-108.07187424, -87.59159548, 112.71460922], [-108.87016254, -87.583982, 112.66286146], [-109.66845085, -87.57636852, 112.6111137], [-110.46673916, -87.56875503, 112.55936595], [-111.26502747, -87.56114155, 112.50761819], [-112.06331578, -87.55352807, 112.45587043], [-112.86160409, -87.54591459, 112.40412267], [-113.65989239, -87.53830111, 112.35237491], [-114.4581807, -87.53068762, 112.30062715]], "ImagePositionPatient": [[89.105337959766, -89.472125471464, 125.49630557015], [88.307049651283, -89.464511989713, 125.44455781165], [87.508761342801, -89.456898507962, 125.39281005315], [86.710473034319, -89.449285026211, 125.34106229465], [85.912184725837, -89.441671544459, 125.28931453615], [85.113896417355, -89.434058062708, 125.23756677765], [84.315608108872, -89.426444580957, 125.18581901915], [83.51731980039, -89.418831099206, 125.13407126065], [82.719031491908, -89.411217617455, 125.08232350215], [81.920743183426, -89.403604135704, 125.03057574365], [81.122454874944, -89.395990653953, 124.97882798516], [80.324166566461, -89.388377172202, 124.92708022666], [79.525878257979, -89.380763690451, 124.87533246816], [78.727589949497, -89.3731502087, 124.82358470966], [77.929301641015, -89.365536726949, 124.77183695116], [77.131013332533, -89.357923245198, 124.72008919266], [76.332725024051, -89.350309763447, 124.66834143416], [75.534436715568, -89.342696281696, 124.61659367566], [74.736148407086, -89.335082799945, 124.56484591716], [73.937860098604, -89.327469318194, 124.51309815866], [73.139571790122, -89.319855836443, 124.46135040016], [72.34128348164, -89.312242354692, 124.40960264166], [71.542995173157, -89.304628872941, 124.35785488316], [70.744706864675, -89.29701539119, 124.30610712466], [69.946418556193, -89.289401909439, 124.25435936616], [69.148130247711, -89.281788427687, 124.20261160766], [68.349841939229, -89.274174945936, 124.15086384916], [67.551553630746, -89.266561464185, 124.09911609066], [66.753265322264, -89.258947982434, 124.04736833216], [65.954977013782, -89.251334500683, 123.99562057366], [65.1566887053, -89.243721018932, 123.94387281516], [64.358400396818, -89.236107537181, 123.89212505666], [63.560112088335, -89.22849405543, 123.84037729816], [62.761823779853, -89.220880573679, 123.78862953966], [61.963535471371, -89.213267091928, 123.73688178116], [61.165247162889, -89.205653610177, 123.68513402266], [60.366958854407, -89.198040128426, 123.63338626416], [59.568670545924, -89.190426646675, 123.58163850566], [58.770382237442, -89.182813164924, 123.52989074716], [57.97209392896, -89.175199683173, 123.47814298866], [57.173805620478, -89.167586201422, 123.42639523016], [56.375517311996, -89.159972719671, 123.37464747166], [55.577229003514, -89.15235923792, 123.32289971316], [54.778940695031, -89.144745756169, 123.27115195466], [53.980652386549, -89.137132274418, 123.21940419616], [53.182364078067, -89.129518792667, 123.16765643766], [52.384075769585, -89.121905310915, 123.11590867916], [51.585787461103, -89.114291829164, 123.06416092066], [50.78749915262, -89.106678347413, 123.01241316216], [49.989210844138, -89.099064865662, 122.96066540366], [49.190922535656, -89.091451383911, 122.90891764516], [48.392634227174, -89.08383790216, 122.85716988666], [47.594345918692, -89.076224420409, 122.80542212816], [46.796057610209, -89.068610938658, 122.75367436966], [45.997769301727, -89.060997456907, 122.70192661116], [45.199480993245, -89.053383975156, 122.65017885266], [44.401192684763, -89.045770493405, 122.59843109416], [43.602904376281, -89.038157011654, 122.54668333566], [42.804616067798, -89.030543529903, 122.49493557716], [42.006327759316, -89.022930048152, 122.44318781867], [41.208039450834, -89.015316566401, 122.39144006017], [40.409751142352, -89.00770308465, 122.33969230167], [39.61146283387, -89.000089602899, 122.28794454317], [38.813174525387, -88.992476121148, 122.23619678467], [38.014886216905, -88.984862639397, 122.18444902617], [37.216597908423, -88.977249157646, 122.13270126767], [36.418309599941, -88.969635675895, 122.08095350917], [35.620021291459, -88.962022194143, 122.02920575067], [34.821732982977, -88.954408712392, 121.97745799217], [34.023444674494, -88.946795230641, 121.92571023367], [33.225156366012, -88.93918174889, 121.87396247517], [32.42686805753, -88.931568267139, 121.82221471667], [31.628579749048, -88.923954785388, 121.77046695817], [30.830291440566, -88.916341303637, 121.71871919967], [30.032003132083, -88.908727821886, 121.66697144117], [29.233714823601, -88.901114340135, 121.61522368267], [28.435426515119, -88.893500858384, 121.56347592417], [27.637138206637, -88.885887376633, 121.51172816567], [26.838849898155, -88.878273894882, 121.45998040717], [26.040561589672, -88.870660413131, 121.40823264867], [25.24227328119, -88.86304693138, 121.35648489017], [24.443984972708, -88.855433449629, 121.30473713167], [23.645696664226, -88.847819967878, 121.25298937317], [22.847408355744, -88.840206486127, 121.20124161467], [22.049120047261, -88.832593004376, 121.14949385617], [21.250831738779, -88.824979522625, 121.09774609767], [20.452543430297, -88.817366040874, 121.04599833917], [19.654255121815, -88.809752559123, 120.99425058067], [18.855966813333, -88.802139077371, 120.94250282217], [18.05767850485, -88.79452559562, 120.89075506367], [17.259390196368, -88.786912113869, 120.83900730517], [16.461101887886, -88.779298632118, 120.78725954667], [15.662813579404, -88.771685150367, 120.73551178817], [14.864525270922, -88.764071668616, 120.68376402967], [14.06623696244, -88.756458186865, 120.63201627117], [13.267948653957, -88.748844705114, 120.58026851267], [12.469660345475, -88.741231223363, 120.52852075417], [11.671372036993, -88.733617741612, 120.47677299567], [10.873083728511, -88.726004259861, 120.42502523717], [10.074795420029, -88.71839077811, 120.37327747867], [9.2765071115464, -88.710777296359, 120.32152972017], [8.4782188030642, -88.703163814608, 120.26978196167], [7.679930494582, -88.695550332857, 120.21803420317], [6.8816421860998, -88.687936851106, 120.16628644467], [6.0833538776176, -88.680323369355, 120.11453868617], [5.2850655691354, -88.672709887604, 120.06279092767], [4.4867772606532, -88.665096405853, 120.01104316917], [3.688488952171, -88.657482924102, 119.95929541067], [2.8902006436888, -88.64986944235, 119.90754765217], [2.0919123352066, -88.642255960599, 119.85579989368], [1.2936240267244, -88.634642478848, 119.80405213518], [0.49533571824225, -88.627028997097, 119.75230437668], [-0.3029525902399, -88.619415515346, 119.70055661818], [-1.1012408987221, -88.611802033595, 119.64880885968], [-1.8995292072043, -88.604188551844, 119.59706110118], [-2.6978175156865, -88.596575070093, 119.54531334268], [-3.4961058241687, -88.588961588342, 119.49356558418], [-4.2943941326509, -88.581348106591, 119.44181782568], [-5.0926824411331, -88.57373462484, 119.39007006718], [-5.8909707496153, -88.566121143089, 119.33832230868], [-6.6892590580975, -88.558507661338, 119.28657455018], [-7.4875473665797, -88.550894179587, 119.23482679168], [-8.2858356750619, -88.543280697836, 119.18307903318], [-9.0841239835441, -88.535667216085, 119.13133127468], [-9.8824122920262, -88.528053734334, 119.07958351618], [-10.680700600508, -88.520440252583, 119.02783575768], [-11.478988908991, -88.512826770832, 118.97608799918], [-12.277277217473, -88.505213289081, 118.92434024068], [-13.075565525955, -88.49759980733, 118.87259248218], [-13.873853834437, -88.489986325578, 118.82084472368], [-14.672142142919, -88.482372843827, 118.76909696518], [-15.470430451402, -88.474759362076, 118.71734920668], [-16.268718759884, -88.467145880325, 118.66560144818], [-17.067007068366, -88.459532398574, 118.61385368968], [-17.865295376848, -88.451918916823, 118.56210593118], [-18.66358368533, -88.444305435072, 118.51035817268], [-19.461871993813, -88.436691953321, 118.45861041418], [-20.260160302295, -88.42907847157, 118.40686265568], [-21.058448610777, -88.421464989819, 118.35511489718], [-21.856736919259, -88.413851508068, 118.30336713868], [-22.655025227741, -88.406238026317, 118.25161938018], [-23.453313536224, -88.398624544566, 118.19987162168], [-24.251601844706, -88.391011062815, 118.14812386318], [-25.049890153188, -88.383397581064, 118.09637610468], [-25.84817846167, -88.375784099313, 118.04462834618], [-26.646466770152, -88.368170617562, 117.99288058768], [-27.444755078634, -88.360557135811, 117.94113282918], [-28.243043387117, -88.35294365406, 117.88938507068], [-29.041331695599, -88.345330172309, 117.83763731218], [-29.839620004081, -88.337716690558, 117.78588955368], [-30.637908312563, -88.330103208806, 117.73414179518], [-31.436196621045, -88.322489727055, 117.68239403668], [-32.234484929528, -88.314876245304, 117.63064627818], [-33.03277323801, -88.307262763553, 117.57889851968], [-33.831061546492, -88.299649281802, 117.52715076118], [-34.629349854974, -88.292035800051, 117.47540300268], [-35.427638163456, -88.2844223183, 117.42365524418], [-36.225926471939, -88.276808836549, 117.37190748568], [-37.024214780421, -88.269195354798, 117.32015972718], [-37.822503088903, -88.261581873047, 117.26841196869], [-38.620791397385, -88.253968391296, 117.21666421019], [-39.419079705867, -88.246354909545, 117.16491645169], [-40.21736801435, -88.238741427794, 117.11316869319], [-41.015656322832, -88.231127946043, 117.06142093469], [-41.813944631314, -88.223514464292, 117.00967317619], [-42.612232939796, -88.215900982541, 116.95792541769], [-43.410521248278, -88.20828750079, 116.90617765919], [-44.208809556761, -88.200674019039, 116.85442990069], [-45.007097865243, -88.193060537288, 116.80268214219], [-45.805386173725, -88.185447055537, 116.75093438369], [-46.603674482207, -88.177833573786, 116.69918662519], [-47.401962790689, -88.170220092034, 116.64743886669], [-48.200251099171, -88.162606610283, 116.59569110819], [-48.998539407654, -88.154993128532, 116.54394334969], [-49.796827716136, -88.147379646781, 116.49219559119], [-50.595116024618, -88.13976616503, 116.44044783269], [-51.3934043331, -88.132152683279, 116.38870007419], [-52.191692641582, -88.124539201528, 116.33695231569], [-52.989980950065, -88.116925719777, 116.28520455719], [-53.788269258547, -88.109312238026, 116.23345679869], [-54.586557567029, -88.101698756275, 116.18170904019], [-55.384845875511, -88.094085274524, 116.12996128169], [-56.183134183993, -88.086471792773, 116.07821352319], [-56.981422492476, -88.078858311022, 116.02646576469], [-57.779710800958, -88.071244829271, 115.97471800619], [-58.57799910944, -88.06363134752, 115.92297024769], [-59.376287417922, -88.056017865769, 115.87122248919], [-60.174575726404, -88.048404384018, 115.81947473069], [-60.972864034887, -88.040790902267, 115.76772697219], [-61.771152343369, -88.033177420516, 115.71597921369], [-62.569440651851, -88.025563938765, 115.66423145519], [-63.367728960333, -88.017950457014, 115.61248369669], [-64.166017268815, -88.010336975262, 115.56073593819], [-64.964305577297, -88.002723493511, 115.50898817969], [-65.76259388578, -87.99511001176, 115.45724042119], [-66.560882194262, -87.987496530009, 115.40549266269], [-67.359170502744, -87.979883048258, 115.35374490419], [-68.157458811226, -87.972269566507, 115.30199714569], [-68.955747119708, -87.964656084756, 115.25024938719], [-69.754035428191, -87.957042603005, 115.19850162869], [-70.552323736673, -87.949429121254, 115.14675387019], [-71.350612045155, -87.941815639503, 115.09500611169], [-72.148900353637, -87.934202157752, 115.04325835319], [-72.947188662119, -87.926588676001, 114.99151059469], [-73.745476970602, -87.91897519425, 114.93976283619], [-74.543765279084, -87.911361712499, 114.88801507769], [-75.342053587566, -87.903748230748, 114.83626731919], [-76.140341896048, -87.896134748997, 114.78451956069], [-76.93863020453, -87.888521267246, 114.7327718022], [-77.736918513013, -87.880907785495, 114.6810240437], [-78.535206821495, -87.873294303744, 114.6292762852], [-79.333495129977, -87.865680821993, 114.5775285267], [-80.131783438459, -87.858067340242, 114.5257807682], [-80.930071746941, -87.85045385849, 114.4740330097], [-81.728360055424, -87.842840376739, 114.4222852512], [-82.526648363906, -87.835226894988, 114.3705374927], [-83.324936672388, -87.827613413237, 114.3187897342], [-84.12322498087, -87.819999931486, 114.2670419757], [-84.921513289352, -87.812386449735, 114.2152942172], [-85.719801597834, -87.804772967984, 114.1635464587], [-86.518089906317, -87.797159486233, 114.1117987002], [-87.316378214799, -87.789546004482, 114.0600509417], [-88.114666523281, -87.781932522731, 114.0083031832], [-88.912954831763, -87.77431904098, 113.9565554247], [-89.711243140245, -87.766705559229, 113.9048076662], [-90.509531448728, -87.759092077478, 113.8530599077], [-91.30781975721, -87.751478595727, 113.8013121492], [-92.106108065692, -87.743865113976, 113.7495643907], [-92.904396374174, -87.736251632225, 113.6978166322], [-93.702684682656, -87.728638150474, 113.6460688737], [-94.500972991139, -87.721024668723, 113.5943211152], [-95.299261299621, -87.713411186972, 113.5425733567], [-96.097549608103, -87.705797705221, 113.4908255982], [-96.895837916585, -87.698184223469, 113.4390778397], [-97.694126225067, -87.690570741718, 113.3873300812], [-98.49241453355, -87.682957259967, 113.3355823227], [-99.290702842032, -87.675343778216, 113.2838345642], [-100.08899115051, -87.667730296465, 113.2320868057], [-100.887279459, -87.660116814714, 113.1803390472], [-101.68556776748, -87.652503332963, 113.1285912887], [-102.48385607596, -87.644889851212, 113.0768435302], [-103.28214438444, -87.637276369461, 113.0250957717], [-104.08043269292, -87.62966288771, 112.9733480132], [-104.87872100141, -87.622049405959, 112.9216002547], [-105.67700930989, -87.614435924208, 112.8698524962], [-106.47529761837, -87.606822442457, 112.8181047377], [-107.27358592685, -87.599208960706, 112.7663569792], [-108.07187423534, -87.591595478955, 112.7146092207], [-108.87016254382, -87.583981997204, 112.6628614622], [-109.6684508523, -87.576368515453, 112.6111137037], [-110.46673916078, -87.568755033702, 112.5593659452], [-111.26502746926, -87.561141551951, 112.5076181867], [-112.06331577775, -87.5535280702, 112.4558704282], [-112.86160408623, -87.545914588449, 112.4041226697], [-113.65989239471, -87.538301106697, 112.3523749112], [-114.45818070319, -87.530687624946, 112.3006271527]], "InstanceCreationTime": ["173523.046000", "173523.046000", "173523.046000", "173523.046000", "173523.046000", "173523.046000", "173523.046000", "173523.031000", "173523.031000", "173523.031000", "173523.031000", "173523.015000", "173523.015000", "173523.015000", "173523.015000", "173523.015000", "173523.015000", "173523.015000", "173523.015000", "173523.000000", "173523.000000", "173523.000000", "173523.000000", "173523.000000", "173523.000000", "173523.000000", "173522.984000", "173522.984000", "173522.984000", "173522.984000", "173522.984000", "173522.984000", "173522.984000", "173522.984000", "173522.968000", "173522.968000", "173522.968000", "173522.968000", "173522.953000", "173522.953000", "173522.953000", "173522.953000", "173522.937000", "173522.937000", "173522.937000", "173522.937000", "173522.890000", "173522.875000", "173522.875000", "173522.875000", "173522.875000", "173522.828000", "173522.828000", "173522.828000", "173522.828000", "173522.828000", "173522.828000", "173522.828000", "173522.812000", "173522.812000", "173522.812000", "173522.812000", "173522.812000", "173522.812000", "173522.812000", "173522.812000", "173522.796000", "173522.796000", "173522.796000", "173522.796000", "173522.796000", "173522.796000", "173522.750000", "173522.750000", "173522.750000", "173522.750000", "173522.750000", "173522.750000", "173522.671000", "173522.671000", "173522.671000", "173522.671000", "173522.671000", "173522.671000", "173522.671000", "173522.656000", "173522.656000", "173522.656000", "173522.656000", "173522.656000", "173522.656000", "173522.640000", "173522.640000", "173522.640000", "173522.640000", "173522.640000", "173522.640000", "173522.640000", "173522.640000", "173522.625000", "173522.625000", "173522.625000", "173522.625000", "173522.625000", "173522.625000", "173522.609000", "173522.609000", "173522.609000", "173522.609000", "173522.609000", "173522.609000", "173522.609000", "173522.593000", "173522.593000", "173522.593000", "173522.593000", "173522.593000", "173522.578000", "173522.578000", "173522.578000", "173522.578000", "173522.578000", "173522.578000", "173522.562000", "173522.562000", "173522.562000", "173522.562000", "173522.562000", "173522.562000", "173522.546000", "173522.546000", "173522.546000", "173522.546000", "173522.546000", "173522.546000", "173522.546000", "173522.531000", "173522.531000", "173522.531000", "173522.531000", "173522.531000", "173522.531000", "173522.531000", "173522.515000", "173522.515000", "173522.515000", "173522.515000", "173522.515000", "173522.515000", "173522.515000", "173522.515000", "173522.500000", "173522.500000", "173522.500000", "173522.500000", "173522.500000", "173522.484000", "173522.484000", "173522.484000", "173522.484000", "173522.484000", "173522.468000", "173522.468000", "173522.468000", "173522.468000", "173522.468000", "173522.468000", "173522.453000", "173522.453000", "173522.453000", "173522.453000", "173522.453000", "173522.437000", "173522.437000", "173522.437000", "173522.437000", "173522.421000", "173522.421000", "173522.421000", "173522.421000", "173522.406000", "173522.390000", "173522.390000", "173522.390000", "173522.390000", "173522.390000", "173522.390000", "173522.375000", "173522.375000", "173522.375000", "173522.375000", "173522.359000", "173522.359000", "173522.359000", "173522.359000", "173522.359000", "173522.343000", "173522.343000", "173522.343000", "173514.390000", "173514.390000", "173514.390000", "173514.390000", "173514.375000", "173514.375000", "173514.375000", "173514.375000", "173514.375000", "173514.375000", "173514.375000", "173514.375000", "173514.359000", "173514.359000", "173514.359000", "173514.359000", "173514.359000", "173514.359000", "173514.359000", "173514.343000", "173514.343000", "173514.343000", "173514.343000", "173514.343000", "173514.343000", "173514.328000", "173514.328000", "173514.328000", "173514.328000", "173514.328000", "173514.328000", "173514.328000", "173514.312000", "173514.312000", "173514.312000", "173514.312000", "173514.312000", "173514.312000", "173514.312000", "173514.296000", "173514.296000", "173514.296000", "173514.296000", "173514.296000", "173514.296000", "173514.281000", "173514.281000", "173514.281000", "173514.281000", "173514.281000", "173514.281000", "173514.281000", "173514.281000", "173514.265000", "173514.265000", "173514.265000", "173514.265000"], "InstanceNumber": [256, 255, 254, 253, 252, 251, 250, 249, 248, 247, 246, 245, 244, 243, 242, 241, 240, 239, 238, 237, 236, 235, 234, 233, 232, 231, 230, 229, 228, 227, 226, 225, 224, 223, 222, 221, 220, 219, 218, 217, 216, 215, 214, 213, 212, 211, 210, 209, 208, 207, 206, 205, 204, 203, 202, 201, 200, 199, 198, 197, 196, 195, 194, 193, 192, 191, 190, 189, 188, 187, 186, 185, 184, 183, 182, 181, 180, 179, 178, 177, 176, 175, 174, 173, 172, 171, 170, 169, 168, 167, 166, 165, 164, 163, 162, 161, 160, 159, 158, 157, 156, 155, 154, 153, 152, 151, 150, 149, 148, 147, 146, 145, 144, 143, 142, 141, 140, 139, 138, 137, 136, 135, 134, 133, 132, 131, 130, 129, 128, 127, 126, 125, 124, 123, 122, 121, 120, 119, 118, 117, 116, 115, 114, 113, 112, 111, 110, 109, 108, 107, 106, 105, 104, 103, 102, 101, 100, 99, 98, 97, 96, 95, 94, 93, 92, 91, 90, 89, 88, 87, 86, 85, 84, 83, 82, 81, 80, 79, 78, 77, 76, 75, 74, 73, 72, 71, 70, 69, 68, 67, 66, 65, 64, 63, 62, 61, 60, 59, 58, 57, 56, 55, 54, 53, 52, 51, 50, 49, 48, 47, 46, 45, 44, 43, 42, 41, 40, 39, 38, 37, 36, 35, 34, 33, 32, 31, 30, 29, 28, 27, 26, 25, 24, 23, 22, 21, 20, 19, 18, 17, 16, 15, 14, 13, 12, 11, 10, 9, 8, 7, 6, 5, 4, 3, 2, 1], "LargestImagePixelValue": [118, 126, 140, 128, 342, 347, 286, 305, 357, 620, 570, 326, 303, 347, 591, 465, 793, 516, 575, 1053, 1978, 2072, 1736, 2482, 2436, 2383, 2399, 2378, 2392, 1843, 1877, 1850, 1717, 1620, 1440, 1587, 1714, 1718, 1856, 1903, 2048, 2085, 2178, 2134, 2009, 1796, 1700, 1642, 1538, 1542, 1624, 1494, 1461, 1456, 1340, 1374, 1363, 1399, 1483, 1356, 1309, 1440, 1610, 1540, 1548, 1641, 1604, 1878, 1757, 1805, 1866, 2689, 2977, 2818, 2757, 2842, 3078, 3102, 3079, 3034, 3119, 2978, 2814, 2948, 2837, 2981, 3288, 3303, 3345, 3517, 3437, 3498, 3111, 3376, 3353, 3235, 3129, 2948, 3097, 2864, 2822, 2584, 2552, 2517, 2618, 2947, 3173, 2719, 2658, 2986, 3633, 3497, 4028, 3394, 2142, 2243, 2286, 2234, 2111, 2277, 2090, 1751, 1764, 1803, 1860, 2269, 2181, 2150, 2035, 1938, 2044, 2208, 1740, 1736, 1780, 1773, 1760, 1796, 1837, 1752, 1718, 2314, 1758, 1889, 2084, 2009, 1958, 1920, 2006, 2046, 2271, 2314, 2281, 3091, 2950, 2667, 2573, 2422, 2740, 2803, 2396, 2400, 2729, 3040, 2928, 3032, 3062, 3192, 3054, 3188, 2999, 3348, 3214, 3091, 3118, 3042, 2995, 2969, 2891, 2842, 3043, 2975, 2910, 2741, 2871, 2980, 2474, 2408, 2669, 2278, 2053, 2178, 1932, 1815, 1672, 1744, 1559, 1558, 1669, 1644, 1602, 1488, 1618, 1370, 1465, 1596, 1708, 1612, 1599, 1581, 1463, 1502, 1780, 1907, 1703, 1598, 1693, 1806, 1803, 1936, 1918, 2059, 2052, 2238, 2384, 2618, 2655, 2840, 2860, 2743, 2854, 2825, 2540, 1549, 2057, 2107, 1355, 706, 544, 485, 552, 348, 544, 653, 732, 651, 340, 252, 252, 149, 151, 149, 142, 143, 142, 122], "SliceLocation": [97.883869071918, 97.083869059997, 96.283869048076, 95.483869036155, 94.683869024234, 93.883869012313, 93.083869000392, 92.283868988471, 91.483868976551, 90.68386896463, 89.883868952709, 89.083868940788, 88.283868928867, 87.483868916946, 86.683868905025, 85.883868893104, 85.083868881183, 84.283868869262, 83.483868857341, 82.68386884542, 81.883868833499, 81.083868821578, 80.283868809658, 79.483868797737, 78.683868785816, 77.883868773895, 77.083868761974, 76.283868750053, 75.483868738132, 74.683868726211, 73.88386871429, 73.083868702369, 72.283868690448, 71.483868678527, 70.683868666606, 69.883868654685, 69.083868642765, 68.283868630844, 67.483868618923, 66.683868607002, 65.883868595081, 65.08386858316, 64.283868571239, 63.483868559318, 62.683868547397, 61.883868535476, 61.083868523555, 60.283868511634, 59.483868499713, 58.683868487792, 57.883868475872, 57.083868463951, 56.28386845203, 55.483868440109, 54.683868428188, 53.883868416267, 53.083868404346, 52.283868392425, 51.483868380504, 50.683868368583, 49.883868356662, 49.083868344741, 48.28386833282, 47.483868320899, 46.683868308979, 45.883868297058, 45.083868285137, 44.283868273216, 43.483868261295, 42.683868249374, 41.883868237453, 41.083868225532, 40.283868213611, 39.48386820169, 38.683868189769, 37.883868177848, 37.083868165927, 36.283868154006, 35.483868142086, 34.683868130165, 33.883868118244, 33.083868106323, 32.283868094402, 31.483868082481, 30.68386807056, 29.883868058639, 29.083868046718, 28.283868034797, 27.483868022876, 26.683868010955, 25.883867999034, 25.083867987113, 24.283867975193, 23.483867963272, 22.683867951351, 21.88386793943, 21.083867927509, 20.283867915588, 19.483867903667, 18.683867891746, 17.883867879825, 17.083867867904, 16.283867855983, 15.483867844062, 14.683867832141, 13.88386782022, 13.083867808299, 12.283867796379, 11.483867784458, 10.683867772537, 9.8838677606158, 9.0838677486949, 8.2838677367739, 7.483867724853, 6.6838677129321, 5.8838677010111, 5.0838676890902, 4.2838676771693, 3.4838676652483, 2.6838676533274, 1.8838676414065, 1.0838676294856, 0.28386761756463, -0.5161323943563, -1.3161324062772, -2.1161324181982, -2.9161324301191, -3.71613244204, -4.5161324539609, -5.3161324658819, -6.1161324778028, -6.9161324897237, -7.7161325016447, -8.5161325135656, -9.3161325254865, -10.116132537407, -10.916132549328, -11.716132561249, -12.51613257317, -13.316132585091, -14.116132597012, -14.916132608933, -15.716132620854, -16.516132632775, -17.316132644696, -18.116132656617, -18.916132668538, -19.716132680459, -20.51613269238, -21.3161327043, -22.116132716221, -22.916132728142, -23.716132740063, -24.516132751984, -25.316132763905, -26.116132775826, -26.916132787747, -27.716132799668, -28.516132811589, -29.31613282351, -30.116132835431, -30.916132847352, -31.716132859273, -32.516132871193, -33.316132883114, -34.116132895035, -34.916132906956, -35.716132918877, -36.516132930798, -37.316132942719, -38.11613295464, -38.916132966561, -39.716132978482, -40.516132990403, -41.316133002324, -42.116133014245, -42.916133026166, -43.716133038086, -44.516133050007, -45.316133061928, -46.116133073849, -46.91613308577, -47.716133097691, -48.516133109612, -49.316133121533, -50.116133133454, -50.916133145375, -51.716133157296, -52.516133169217, -53.316133181138, -54.116133193059, -54.916133204979, -55.7161332169, -56.516133228821, -57.316133240742, -58.116133252663, -58.916133264584, -59.716133276505, -60.516133288426, -61.316133300347, -62.116133312268, -62.916133324189, -63.71613333611, -64.516133348031, -65.316133359952, -66.116133371872, -66.916133383793, -67.716133395714, -68.516133407635, -69.316133419556, -70.116133431477, -70.916133443398, -71.716133455319, -72.51613346724, -73.316133479161, -74.116133491082, -74.916133503003, -75.716133514924, -76.516133526845, -77.316133538765, -78.116133550686, -78.916133562607, -79.716133574528, -80.516133586449, -81.31613359837, -82.116133610291, -82.916133622212, -83.716133634133, -84.516133646054, -85.316133657975, -86.116133669896, -86.916133681817, -87.716133693738, -88.516133705659, -89.316133717579, -90.1161337295, -90.916133741421, -91.716133753342, -92.516133765263, -93.316133777184, -94.116133789105, -94.916133801026, -95.716133812947, -96.516133824868, -97.316133836789, -98.11613384871, -98.916133860631, -99.716133872552, -100.51613388447, -101.31613389639, -102.11613390831, -102.91613392024, -103.71613393216, -104.51613394408, -105.316133956, -106.11613396792], "WindowCenter": [46.0, 47.0, 47.0, 48.0, 58.0, 60.0, 57.0, 57.0, 61.0, 83.0, 80.0, 60.0, 60.0, 64.0, 86.0, 74.0, 100.0, 81.0, 87.0, 126.0, 341.0, 357.0, 259.0, 435.0, 517.0, 551.0, 573.0, 578.0, 563.0, 530.0, 564.0, 579.0, 589.0, 568.0, 562.0, 603.0, 624.0, 634.0, 639.0, 644.0, 645.0, 644.0, 645.0, 643.0, 642.0, 641.0, 642.0, 644.0, 651.0, 662.0, 674.0, 682.0, 690.0, 701.0, 711.0, 722.0, 734.0, 743.0, 747.0, 752.0, 758.0, 766.0, 775.0, 782.0, 791.0, 800.0, 807.0, 816.0, 823.0, 830.0, 835.0, 846.0, 851.0, 855.0, 860.0, 867.0, 874.0, 881.0, 888.0, 897.0, 906.0, 914.0, 923.0, 934.0, 946.0, 958.0, 967.0, 975.0, 983.0, 995.0, 1001.0, 1003.0, 1005.0, 1011.0, 1015.0, 1012.0, 1006.0, 1001.0, 998.0, 996.0, 997.0, 996.0, 996.0, 998.0, 999.0, 1001.0, 1005.0, 1008.0, 1008.0, 1011.0, 1014.0, 1017.0, 1021.0, 1015.0, 1007.0, 1002.0, 999.0, 993.0, 988.0, 984.0, 977.0, 971.0, 963.0, 952.0, 938.0, 923.0, 899.0, 881.0, 890.0, 910.0, 924.0, 942.0, 956.0, 965.0, 974.0, 982.0, 991.0, 997.0, 999.0, 1001.0, 1003.0, 1007.0, 1010.0, 1012.0, 1014.0, 1012.0, 1012.0, 1011.0, 1010.0, 1008.0, 1009.0, 1008.0, 1007.0, 1007.0, 1006.0, 1004.0, 1002.0, 1000.0, 1000.0, 1000.0, 1000.0, 1002.0, 1007.0, 1013.0, 1015.0, 1014.0, 1012.0, 1013.0, 1006.0, 996.0, 989.0, 984.0, 970.0, 956.0, 947.0, 941.0, 934.0, 928.0, 923.0, 917.0, 909.0, 902.0, 895.0, 888.0, 881.0, 875.0, 865.0, 856.0, 846.0, 836.0, 826.0, 817.0, 808.0, 799.0, 792.0, 787.0, 780.0, 774.0, 766.0, 757.0, 750.0, 739.0, 727.0, 713.0, 701.0, 690.0, 682.0, 679.0, 676.0, 674.0, 672.0, 675.0, 683.0, 687.0, 686.0, 680.0, 676.0, 672.0, 664.0, 645.0, 628.0, 610.0, 603.0, 605.0, 599.0, 574.0, 550.0, 566.0, 569.0, 567.0, 564.0, 494.0, 402.0, 162.0, 275.0, 279.0, 145.0, 102.0, 92.0, 88.0, 91.0, 76.0, 86.0, 91.0, 94.0, 89.0, 67.0, 61.0, 60.0, 54.0, 54.0, 52.0, 52.0, 51.0, 50.0, 50.0], "WindowWidth": [124.0, 127.0, 129.0, 130.0, 162.0, 166.0, 159.0, 157.0, 171.0, 221.0, 216.0, 168.0, 165.0, 177.0, 228.0, 204.0, 259.0, 221.0, 235.0, 344.0, 698.0, 731.0, 579.0, 848.0, 1006.0, 1113.0, 1234.0, 1270.0, 1174.0, 1089.0, 1180.0, 1231.0, 1263.0, 1202.0, 1190.0, 1295.0, 1351.0, 1370.0, 1377.0, 1384.0, 1384.0, 1378.0, 1378.0, 1372.0, 1364.0, 1358.0, 1356.0, 1358.0, 1372.0, 1391.0, 1412.0, 1425.0, 1437.0, 1453.0, 1467.0, 1482.0, 1499.0, 1514.0, 1517.0, 1523.0, 1531.0, 1540.0, 1550.0, 1561.0, 1574.0, 1587.0, 1598.0, 1614.0, 1624.0, 1635.0, 1644.0, 1664.0, 1669.0, 1670.0, 1674.0, 1685.0, 1696.0, 1705.0, 1715.0, 1725.0, 1734.0, 1744.0, 1754.0, 1771.0, 1791.0, 1816.0, 1839.0, 1859.0, 1877.0, 1928.0, 1936.0, 1927.0, 1933.0, 1958.0, 1976.0, 1956.0, 1924.0, 1888.0, 1872.0, 1867.0, 1869.0, 1863.0, 1860.0, 1862.0, 1863.0, 1859.0, 1857.0, 1854.0, 1840.0, 1836.0, 1847.0, 1851.0, 1882.0, 1850.0, 1815.0, 1816.0, 1825.0, 1820.0, 1817.0, 1814.0, 1807.0, 1800.0, 1790.0, 1775.0, 1759.0, 1750.0, 1718.0, 1693.0, 1705.0, 1735.0, 1755.0, 1783.0, 1799.0, 1811.0, 1816.0, 1824.0, 1834.0, 1837.0, 1837.0, 1832.0, 1822.0, 1825.0, 1818.0, 1807.0, 1805.0, 1796.0, 1787.0, 1785.0, 1797.0, 1796.0, 1806.0, 1810.0, 1823.0, 1842.0, 1852.0, 1853.0, 1849.0, 1846.0, 1849.0, 1848.0, 1844.0, 1854.0, 1883.0, 1925.0, 1939.0, 1946.0, 1942.0, 1951.0, 1928.0, 1891.0, 1876.0, 1879.0, 1835.0, 1800.0, 1784.0, 1778.0, 1771.0, 1767.0, 1765.0, 1760.0, 1752.0, 1744.0, 1737.0, 1729.0, 1720.0, 1714.0, 1696.0, 1681.0, 1666.0, 1650.0, 1632.0, 1619.0, 1603.0, 1591.0, 1582.0, 1576.0, 1569.0, 1562.0, 1552.0, 1540.0, 1529.0, 1509.0, 1490.0, 1467.0, 1450.0, 1435.0, 1429.0, 1427.0, 1427.0, 1426.0, 1425.0, 1434.0, 1452.0, 1464.0, 1465.0, 1458.0, 1455.0, 1455.0, 1444.0, 1399.0, 1361.0, 1316.0, 1301.0, 1316.0, 1304.0, 1210.0, 1128.0, 1175.0, 1196.0, 1190.0, 1177.0, 975.0, 800.0, 445.0, 622.0, 622.0, 384.0, 277.0, 253.0, 243.0, 248.0, 212.0, 230.0, 239.0, 249.0, 233.0, 182.0, 166.0, 164.0, 149.0, 147.0, 143.0, 142.0, 140.0, 138.0, 138.0]}}}