{"AcquisitionMatrixPE": 96, "AcquisitionNumber": 1, "AcquisitionTime": "07:43:11.342500", "BandwidthPerPixelPhaseEncode": 33.602, "BaseResolution": 96, "BodyPartExamined": "BRAIN", "ConsistencyInfo": "N4_VD11D_LATEST_20110129", "ConversionSoftware": "dcm2niix", "ConversionSoftwareVersion": "v1.0.20210317", "DerivedVendorReportedEchoSpacing": 0.000620003, "DeviceSerialNumber": "45239", "DwellTime": 2.6e-06, "EchoTime": 0.03, "EchoTrainLength": 48, "EffectiveEchoSpacing": 0.000310001, "FlipAngle": 63, "ImageComments": "Unaliased MB4/PE3", "ImageOrientationPatientDICOM": [0.999813, -0.0169601, 0.00928537, 0.0193356, 0.876982, -0.480134], "ImageType": ["ORIGINAL", "PRIMARY", "M", "ND", "NORM", "MOSAIC"], "ImagingFrequency": 123.193, "InPlanePhaseEncodingDirectionDICOM": "COL", "InstitutionAddress": "E 24th St. 100,Austin,Southmiddle,US,78712", "InstitutionName": "Univ of Texas at Austin", "InstitutionalDepartmentName": "IRC", "MRAcquisitionType": "2D", "MagneticFieldStrength": 3, "Manufacturer": "Siemens", "ManufacturersModelName": "Skyra", "Modality": "MR", "MultibandAccelerationFactor": 4, "ParallelReductionFactorInPlane": 2, "PartialFourier": 1, "PatientPosition": "HFS", "PercentPhaseFOV": 100, "PercentSampling": 100, "PhaseEncodingDirection": "j-", "PhaseEncodingSteps": 96, "PhaseResolution": 1, "PixelBandwidth": 2005, "ProcedureStepDescription": "Poldrack2^self-scanning", "ProtocolName": "Resting State fMRI MBEPI_matrix96_BW2004", "PulseSequenceDetails": "%CustomerSeq%\\cmrr_mbep2d_bold", "ReceiveCoilActiveElements": "HEA;HEP", "ReceiveCoilName": "Head_32", "ReconMatrixPE": 96, "RefLinesPE": 94, "RepetitionTime": 1.16, "SAR": 0.0959172, "ScanOptions": "FS", "ScanningSequence": "EP", "SequenceName": "epfid2d1_96", "SequenceVariant": "SK", "SeriesDescription": "Resting State fMRI MBEPI_matrix96_BW2004", "SeriesNumber": 6, "ShimSetting": [-2801, 8023, -15432, 137, -236, -1, 329, -47], "SliceThickness": 2, "SliceTiming": [0, 0.5, 0.9975, 0.3575, 0.855, 0.215, 0.7125, 0.0725, 0.57, 1.07, 0.4275, 0.9275, 0.285, 0.785, 0.1425, 0.6425, 0, 0.5, 0.9975, 0.3575, 0.855, 0.215, 0.7125, 0.0725, 0.57, 1.07, 0.4275, 0.9275, 0.285, 0.785, 0.1425, 0.6425, 0, 0.5, 0.9975, 0.3575, 0.855, 0.215, 0.7125, 0.0725, 0.57, 1.07, 0.4275, 0.9275, 0.285, 0.785, 0.1425, 0.6425, 0, 0.5, 0.9975, 0.3575, 0.855, 0.215, 0.7125, 0.0725, 0.57, 1.07, 0.4275, 0.9275, 0.285, 0.785, 0.1425, 0.6425], "SoftwareVersions": "syngo MR D11", "SpacingBetweenSlices": 2.4, "StationName": "AWP45239", "TaskName": "Resting fmri", "TotalReadoutTime": 0.0294501, "TxRefAmp": 332.506, "WipMemBlock": "23ed9f23-68a9-44c4-b6ec-77754a6c0b32||Sequence: VD11D r206; Feb 13 2013 18:52:04 by eja", "dcmmeta_affine": [[-2.395385265350342, 0.046324800699949265, -6.586022749388576e-08, 116.37792205810547], [0.04063365235924721, 2.1011030673980713, -1.152536392211914, -89.76692199707031], [0.02224619872868061, 1.150320291519165, 2.1051506996154785, -80.93743896484375], [0.0, 0.0, 0.0, 1.0]], "dcmmeta_reorient_transform": [[0.0, -1.0, 0.0, 95.0], [1.0, 0.0, 0.0, 0.0], [0.0, 0.0, 1.0, 0.0], [0.0, 0.0, 0.0, 1.0]], "dcmmeta_shape": [96, 96, 64, 518], "dcmmeta_slice_dim": 2, "dcmmeta_version": 0.6, "global": {"const": {"AcquisitionMatrix": [96, 0, 0, 96], "AngioFlag": "N", "BitsAllocated": 16, "BitsStored": 16, "BodyPartExamined": "BRAIN", "Columns": 768, "EchoNumbers": 1, "EchoTime": 30.0, "EchoTrainLength": 48, "FlipAngle": 63.0, "HighBit": 15, "ImageOrientationPatient": [0.99981305040765, -0.0169601334808, 0.00928537058322, 0.01933556915511, 0.876982181208, -0.4801337205499], "ImagePositionPatient": [-941.1933931459, -802.15559663728, 407.37590217051], "ImageType": ["ORIGINAL", "PRIMARY", "M", "ND", "NORM", "MOSAIC"], "ImagedNucleus": "1H", "ImagingFrequency": 123.192944, "InPlanePhaseEncodingDirection": "COL", "MRAcquisitionType": "2D", "MagneticFieldStrength": 3.0, "Manufacturer": "SIEMENS", "ManufacturerModelName": "Skyra", "Modality": "MR", "NumberOfAverages": 1.0, "NumberOfPhaseEncodingSteps": 96, "PercentPhaseFieldOfView": 100.0, "PercentSampling": 100.0, "PerformedProcedureStepStartTime": "072300.203000", "PhotometricInterpretation": "MONOCHROME2", "PixelBandwidth": 2005.0, "PixelRepresentation": 0, "PixelSpacing": [2.3958332538605, 2.3958332538605], "ProtocolName": "Resting State fMRI MBEPI_matrix96_BW2004", "RepetitionTime": 1160.0, "Rows": 768, "SAR": 0.09591715748447, "SamplesPerPixel": 1, "ScanOptions": "FS", "ScanningSequence": "EP", "SequenceName": "epfid2d1_96", "SequenceVariant": "SK", "SeriesDescription": "Resting State fMRI MBEPI_matrix96_BW2004", "SeriesNumber": 6, "SeriesTime": "074349.890000", "SliceLocation": -27.885782397982, "SliceThickness": 2.0, "SmallestImagePixelValue": 0, "SoftwareVersions": "syngo MR D11", "SpacingBetweenSlices": 2.3999999505833, "SpecificCharacterSet": "ISO_IR 100", "StudyID": "1", "StudyTime": "072300.156000", "TransmitCoilName": "Body", "VariableFlipAngleFlag": "N", "WindowCenterWidthExplanation": "Algo1", "dBdt": 0.0}, "slices": {}}, "time": {"samples": {"AcquisitionNumber": [1, 2, 3, 4, 5, 6, 7, 8, 9, 10, 11, 12, 13, 14, 15, 16, 17, 18, 19, 20, 21, 22, 23, 24, 25, 26, 27, 28, 29, 30, 31, 32, 33, 34, 35, 36, 37, 38, 39, 40, 41, 42, 43, 44, 45, 46, 47, 48, 49, 50, 51, 52, 53, 54, 55, 56, 57, 58, 59, 60, 61, 62, 63, 64, 65, 66, 67, 68, 69, 70, 71, 72, 73, 74, 75, 76, 77, 78, 79, 80, 81, 82, 83, 84, 85, 86, 87, 88, 89, 90, 91, 92, 93, 94, 95, 96, 97, 98, 99, 100, 101, 102, 103, 104, 105, 106, 107, 108, 109, 110, 111, 112, 113, 114, 115, 116, 117, 118, 119, 120, 121, 122, 123, 124, 125, 126, 127, 128, 129, 130, 131, 132, 133, 134, 135, 136, 137, 138, 139, 140, 141, 142, 143, 144, 145, 146, 147, 148, 149, 150, 151, 152, 153, 154, 155, 156, 157, 158, 159, 160, 161, 162, 163, 164, 165, 166, 167, 168, 169, 170, 171, 172, 173, 174, 175, 176, 177, 178, 179, 180, 181, 182, 183, 184, 185, 186, 187, 188, 189, 190, 191, 192, 193, 194, 195, 196, 197, 198, 199, 200, 201, 202, 203, 204, 205, 206, 207, 208, 209, 210, 211, 212, 213, 214, 215, 216, 217, 218, 219, 220, 221, 222, 223, 224, 225, 226, 227, 228, 229, 230, 231, 232, 233, 234, 235, 236, 237, 238, 239, 240, 241, 242, 243, 244, 245, 246, 247, 248, 249, 250, 251, 252, 253, 254, 255, 256, 257, 258, 259, 260, 261, 262, 263, 264, 265, 266, 267, 268, 269, 270, 271, 272, 273, 274, 275, 276, 277, 278, 279, 280, 281, 282, 283, 284, 285, 286, 287, 288, 289, 290, 291, 292, 293, 294, 295, 296, 297, 298, 299, 300, 301, 302, 303, 304, 305, 306, 307, 308, 309, 310, 311, 312, 313, 314, 315, 316, 317, 318, 319, 320, 321, 322, 323, 324, 325, 326, 327, 328, 329, 330, 331, 332, 333, 334, 335, 336, 337, 338, 339, 340, 341, 342, 343, 344, 345, 346, 347, 348, 349, 350, 351, 352, 353, 354, 355, 356, 357, 358, 359, 360, 361, 362, 363, 364, 365, 366, 367, 368, 369, 370, 371, 372, 373, 374, 375, 376, 377, 378, 379, 380, 381, 382, 383, 384, 385, 386, 387, 388, 389, 390, 391, 392, 393, 394, 395, 396, 397, 398, 399, 400, 401, 402, 403, 404, 405, 406, 407, 408, 409, 410, 411, 412, 413, 414, 415, 416, 417, 418, 419, 420, 421, 422, 423, 424, 425, 426, 427, 428, 429, 430, 431, 432, 433, 434, 435, 436, 437, 438, 439, 440, 441, 442, 443, 444, 445, 446, 447, 448, 449, 450, 451, 452, 453, 454, 455, 456, 457, 458, 459, 460, 461, 462, 463, 464, 465, 466, 467, 468, 469, 470, 471, 472, 473, 474, 475, 476, 477, 478, 479, 480, 481, 482, 483, 484, 485, 486, 487, 488, 489, 490, 491, 492, 493, 494, 495, 496, 497, 498, 499, 500, 501, 502, 503, 504, 505, 506, 507, 508, 509, 510, 511, 512, 513, 514, 515, 516, 517, 518], "AcquisitionTime": ["074311.342500", "074340.342500", "074341.502500", "074342.662500", "074343.822500", "074344.982500", "074346.142500", "074347.302500", "074348.462500", "074349.622500", "074350.782500", "074351.942500", "074353.102500", "074354.262500", "074355.422500", "074356.582500", "074357.742500", "074358.902500", "074400.062500", "074401.222500", "074402.382500", "074403.542500", "074404.702500", "074405.862500", "074407.022500", "074408.182500", "074409.342500", "074410.502500", "074411.662500", "074412.822500", "074413.982500", "074415.142500", "074416.302500", "074417.462500", "074418.622500", "074419.782500", "074420.942500", "074422.102500", "074423.262500", "074424.422500", "074425.582500", "074426.742500", "074427.902500", "074429.062500", "074430.222500", "074431.382500", "074432.542500", "074433.702500", "074434.862500", "074436.022500", "074437.182500", "074438.342500", "074439.502500", "074440.662500", "074441.822500", "074442.982500", "074444.142500", "074445.302500", "074446.462500", "074447.622500", "074448.782500", "074449.942500", "074451.102500", "074452.262500", "074453.422500", "074454.582500", "074455.742500", "074456.902500", "074458.062500", "074459.222500", "074500.382500", "074501.542500", "074502.702500", "074503.865000", "074505.025000", "074506.185000", "074507.345000", "074508.505000", "074509.665000", "074510.825000", "074511.985000", "074513.145000", "074514.305000", "074515.465000", "074516.625000", "074517.785000", "074518.945000", "074520.105000", "074521.265000", "074522.425000", "074523.585000", "074524.745000", "074525.905000", "074527.065000", "074528.225000", "074529.385000", "074530.545000", "074531.705000", "074532.865000", "074534.025000", "074535.185000", "074536.345000", "074537.505000", "074538.665000", "074539.825000", "074540.985000", "074542.145000", "074543.305000", "074544.465000", "074545.625000", "074546.785000", "074547.945000", "074549.105000", "074550.265000", "074551.425000", "074552.585000", "074553.745000", "074554.905000", "074556.065000", "074557.225000", "074558.385000", "074559.545000", "074600.705000", "074601.865000", "074603.025000", "074604.185000", "074605.345000", "074606.505000", "074607.665000", "074608.825000", "074609.985000", "074611.145000", "074612.305000", "074613.465000", "074614.625000", "074615.785000", "074616.945000", "074618.105000", "074619.265000", "074620.425000", "074621.585000", "074622.745000", "074623.905000", "074625.065000", "074626.225000", "074627.385000", "074628.545000", "074629.705000", "074630.865000", "074632.025000", "074633.185000", "074634.345000", "074635.505000", "074636.665000", "074637.825000", "074638.985000", "074640.145000", "074641.305000", "074642.465000", "074643.625000", "074644.785000", "074645.945000", "074647.105000", "074648.265000", "074649.425000", "074650.585000", "074651.745000", "074652.905000", "074654.065000", "074655.225000", "074656.385000", "074657.545000", "074658.705000", "074659.865000", "074701.025000", "074702.185000", "074703.345000", "074704.505000", "074705.665000", "074706.825000", "074707.985000", "074709.145000", "074710.305000", "074711.465000", "074712.625000", "074713.785000", "074714.945000", "074716.105000", "074717.265000", "074718.425000", "074719.585000", "074720.745000", "074721.905000", "074723.065000", "074724.225000", "074725.385000", "074726.545000", "074727.705000", "074728.865000", "074730.025000", "074731.185000", "074732.345000", "074733.505000", "074734.665000", "074735.825000", "074736.985000", "074738.145000", "074739.305000", "074740.465000", "074741.625000", "074742.785000", "074743.945000", "074745.105000", "074746.265000", "074747.425000", "074748.585000", "074749.745000", "074750.905000", "074752.065000", "074753.225000", "074754.385000", "074755.545000", "074756.705000", "074757.865000", "074759.025000", "074800.185000", "074801.345000", "074802.505000", "074803.665000", "074804.825000", "074805.985000", "074807.145000", "074808.305000", "074809.465000", "074810.625000", "074811.785000", "074812.945000", "074814.105000", "074815.265000", "074816.425000", "074817.585000", "074818.745000", "074819.905000", "074821.065000", "074822.225000", "074823.385000", "074824.545000", "074825.705000", "074826.865000", "074828.025000", "074829.185000", "074830.345000", "074831.505000", "074832.665000", "074833.825000", "074834.985000", "074836.145000", "074837.305000", "074838.465000", "074839.625000", "074840.785000", "074841.945000", "074843.105000", "074844.265000", "074845.425000", "074846.585000", "074847.745000", "074848.905000", "074850.065000", "074851.225000", "074852.385000", "074853.545000", "074854.705000", "074855.865000", "074857.025000", "074858.185000", "074859.345000", "074900.505000", "074901.665000", "074902.825000", "074903.985000", "074905.145000", "074906.305000", "074907.465000", "074908.625000", "074909.785000", "074910.945000", "074912.105000", "074913.265000", "074914.425000", "074915.585000", "074916.745000", "074917.905000", "074919.065000", "074920.225000", "074921.385000", "074922.545000", "074923.705000", "074924.865000", "074926.025000", "074927.185000", "074928.345000", "074929.505000", "074930.665000", "074931.825000", "074932.985000", "074934.145000", "074935.305000", "074936.465000", "074937.625000", "074938.785000", "074939.945000", "074941.105000", "074942.265000", "074943.425000", "074944.585000", "074945.745000", "074946.905000", "074948.065000", "074949.225000", "074950.385000", "074951.545000", "074952.705000", "074953.867500", "074955.027500", "074956.187500", "074957.347500", "074958.507500", "074959.667500", "075000.827500", "075001.987500", "075003.147500", "075004.307500", "075005.467500", "075006.627500", "075007.787500", "075008.947500", "075010.107500", "075011.267500", "075012.427500", "075013.587500", "075014.747500", "075015.907500", "075017.067500", "075018.227500", "075019.387500", "075020.547500", "075021.707500", "075022.867500", "075024.027500", "075025.187500", "075026.347500", "075027.507500", "075028.667500", "075029.827500", "075030.987500", "075032.147500", "075033.307500", "075034.467500", "075035.627500", "075036.787500", "075037.947500", "075039.107500", "075040.267500", "075041.427500", "075042.587500", "075043.747500", "075044.907500", "075046.067500", "075047.227500", "075048.387500", "075049.547500", "075050.707500", "075051.867500", "075053.027500", "075054.187500", "075055.347500", "075056.507500", "075057.667500", "075058.827500", "075059.987500", "075101.147500", "075102.307500", "075103.467500", "075104.627500", "075105.787500", "075106.947500", "075108.107500", "075109.267500", "075110.427500", "075111.587500", "075112.747500", "075113.907500", "075115.067500", "075116.227500", "075117.387500", "075118.547500", "075119.707500", "075120.867500", "075122.027500", "075123.187500", "075124.347500", "075125.507500", "075126.667500", "075127.827500", "075128.987500", "075130.147500", "075131.307500", "075132.467500", "075133.627500", "075134.787500", "075135.947500", "075137.107500", "075138.267500", "075139.427500", "075140.587500", "075141.747500", "075142.907500", "075144.067500", "075145.227500", "075146.387500", "075147.547500", "075148.707500", "075149.867500", "075151.027500", "075152.187500", "075153.347500", "075154.507500", "075155.667500", "075156.827500", "075157.987500", "075159.147500", "075200.307500", "075201.467500", "075202.627500", "075203.787500", "075204.947500", "075206.107500", "075207.267500", "075208.427500", "075209.587500", "075210.747500", "075211.907500", "075213.067500", "075214.227500", "075215.387500", "075216.547500", "075217.707500", "075218.867500", "075220.027500", "075221.187500", "075222.347500", "075223.507500", "075224.667500", "075225.827500", "075226.987500", "075228.147500", "075229.307500", "075230.467500", "075231.627500", "075232.787500", "075233.947500", "075235.107500", "075236.267500", "075237.427500", "075238.587500", "075239.747500", "075240.907500", "075242.067500", "075243.227500", "075244.387500", "075245.547500", "075246.707500", "075247.867500", "075249.027500", "075250.187500", "075251.347500", "075252.507500", "075253.667500", "075254.827500", "075255.987500", "075257.147500", "075258.307500", "075259.467500", "075300.627500", "075301.787500", "075302.947500", "075304.107500", "075305.267500", "075306.427500", "075307.587500", "075308.747500", "075309.907500", "075311.067500", "075312.227500", "075313.387500", "075314.547500", "075315.707500", "075316.867500", "075318.027500", "075319.187500", "075320.347500", "075321.507500", "075322.667500", "075323.827500", "075324.987500", "075326.147500", "075327.307500", "075328.467500", "075329.627500", "075330.787500", "075331.947500", "075333.107500", "075334.267500", "075335.427500", "075336.587500", "075337.747500", "075338.907500"], "ContentTime": ["074349.890000", "074354.671000", "074354.671000", "074354.671000", "074354.671000", "074359.671000", "074359.671000", "074359.671000", "074404.671000", "074404.671000", "074404.671000", "074404.671000", "074409.671000", "074409.671000", "074409.671000", "074409.671000", "074414.671000", "074414.671000", "074414.671000", "074414.671000", "074419.671000", "074419.671000", "074419.671000", "074424.671000", "074424.671000", "074424.671000", "074424.671000", "074429.671000", "074429.671000", "074429.671000", "074429.671000", "074434.671000", "074434.671000", "074434.671000", "074434.671000", "074439.671000", "074439.671000", "074439.671000", "074444.671000", "074444.671000", "074444.671000", "074444.687000", "074449.671000", "074449.671000", "074449.671000", "074449.671000", "074454.671000", "074454.671000", "074454.671000", "074459.671000", "074459.671000", "074459.671000", "074459.671000", "074504.671000", "074504.671000", "074504.671000", "074504.671000", "074509.671000", "074509.671000", "074509.671000", "074509.687000", "074514.671000", "074514.671000", "074514.671000", "074519.671000", "074519.671000", "074519.671000", "074519.671000", "074524.671000", "074524.671000", "074524.671000", "074524.671000", "074529.671000", "074529.671000", "074529.671000", "074529.671000", "074534.671000", "074534.671000", "074534.671000", "074534.671000", "074539.671000", "074539.671000", "074539.671000", "074544.671000", "074544.671000", "074544.671000", "074544.671000", "074549.671000", "074549.671000", "074549.671000", "074549.671000", "074554.671000", "074554.671000", "074554.671000", "074554.671000", "074559.671000", "074559.671000", "074559.671000", "074559.671000", "074604.671000", "074604.671000", "074604.671000", "074604.671000", "074609.671000", "074609.671000", "074609.671000", "074614.671000", "074614.671000", "074614.671000", "074614.671000", "074619.671000", "074619.671000", "074619.671000", "074624.671000", "074624.671000", "074624.671000", "074624.687000", "074629.671000", "074629.671000", "074629.671000", "074629.687000", "074634.671000", "074634.671000", "074634.671000", "074639.671000", "074639.671000", "074639.671000", "074639.671000", "074644.671000", "074644.671000", "074644.671000", "074644.671000", "074649.671000", "074649.671000", "074649.671000", "074649.671000", "074654.671000", "074654.671000", "074654.671000", "074659.671000", "074659.671000", "074659.671000", "074659.671000", "074704.671000", "074704.671000", "074704.671000", "074704.671000", "074709.671000", "074709.671000", "074709.671000", "074709.687000", "074714.671000", "074714.671000", "074714.671000", "074724.671000", "074724.671000", "074724.671000", "074724.671000", "074724.671000", "074724.687000", "074724.687000", "074729.671000", "074729.671000", "074729.671000", "074729.671000", "074734.671000", "074734.671000", "074734.671000", "074739.671000", "074739.671000", "074739.671000", "074739.671000", "074744.671000", "074744.671000", "074744.671000", "074749.671000", "074749.671000", "074749.671000", "074749.671000", "074754.671000", "074754.671000", "074754.671000", "074759.671000", "074759.671000", "074759.671000", "074759.687000", "074804.671000", "074804.671000", "074804.671000", "074804.671000", "074809.671000", "074809.671000", "074809.671000", "074809.671000", "074814.671000", "074814.671000", "074814.687000", "074814.687000", "074819.671000", "074819.671000", "074819.671000", "074819.671000", "074824.671000", "074824.671000", "074824.671000", "074829.671000", "074829.671000", "074829.671000", "074829.671000", "074834.671000", "074834.671000", "074834.671000", "074834.671000", "074839.671000", "074839.671000", "074839.671000", "074839.671000", "074844.671000", "074844.671000", "074844.671000", "074849.671000", "074849.671000", "074849.671000", "074849.671000", "074854.671000", "074854.671000", "074854.671000", "074859.671000", "074859.671000", "074859.671000", "074859.671000", "074904.671000", "074904.671000", "074904.687000", "074904.687000", "074909.671000", "074909.671000", "074909.671000", "074909.671000", "074914.671000", "074914.671000", "074914.671000", "074919.671000", "074919.671000", "074919.671000", "074919.671000", "074924.671000", "074924.671000", "074924.671000", "074924.671000", "074929.671000", "074929.671000", "074929.671000", "074929.687000", "074934.671000", "074934.671000", "074934.671000", "074934.671000", "074939.671000", "074939.671000", "074939.671000", "074944.671000", "074944.671000", "074944.671000", "074944.671000", "074949.671000", "074949.671000", "074949.671000", "074954.671000", "074954.671000", "074954.671000", "074954.671000", "074959.671000", "074959.671000", "074959.671000", "074959.671000", "075004.671000", "075004.671000", "075004.671000", "075004.671000", "075009.671000", "075009.671000", "075009.671000", "075014.671000", "075014.671000", "075014.671000", "075014.671000", "075019.671000", "075019.687000", "075019.687000", "075019.687000", "075024.671000", "075024.671000", "075024.671000", "075024.671000", "075029.671000", "075029.671000", "075029.671000", "075034.671000", "075034.671000", "075034.671000", "075034.671000", "075039.671000", "075039.671000", "075039.671000", "075039.687000", "075044.671000", "075044.671000", "075044.671000", "075044.671000", "075049.671000", "075049.671000", "075049.687000", "075049.687000", "075054.671000", "075054.671000", "075054.671000", "075059.671000", "075059.671000", "075059.671000", "075059.687000", "075104.671000", "075104.671000", "075104.671000", "075104.671000", "075109.671000", "075109.671000", "075109.671000", "075109.671000", "075114.671000", "075114.671000", "075114.671000", "075119.671000", "075119.671000", "075119.671000", "075119.671000", "075124.671000", "075124.671000", "075124.671000", "075124.671000", "075129.671000", "075129.671000", "075129.671000", "075134.671000", "075134.671000", "075134.671000", "075134.671000", "075139.671000", "075139.671000", "075139.671000", "075139.671000", "075144.671000", "075144.671000", "075144.671000", "075144.687000", "075149.671000", "075149.671000", "075149.671000", "075149.671000", "075154.671000", "075154.671000", "075154.671000", "075154.671000", "075159.671000", "075159.671000", "075159.671000", "075159.671000", "075204.671000", "075204.671000", "075204.671000", "075209.671000", "075209.671000", "075209.671000", "075209.671000", "075214.671000", "075214.671000", "075214.671000", "075219.671000", "075219.671000", "075219.671000", "075219.687000", "075224.671000", "075224.671000", "075224.671000", "075224.671000", "075229.671000", "075229.671000", "075229.671000", "075229.671000", "075234.671000", "075234.671000", "075234.671000", "075234.671000", "075239.671000", "075239.671000", "075239.671000", "075244.671000", "075244.671000", "075244.671000", "075244.671000", "075249.671000", "075249.671000", "075249.671000", "075249.671000", "075254.671000", "075254.671000", "075254.671000", "075259.671000", "075259.671000", "075259.671000", "075259.671000", "075304.671000", "075304.671000", "075304.671000", "075309.671000", "075309.671000", "075309.671000", "075309.671000", "075314.671000", "075314.671000", "075314.671000", "075314.671000", "075319.671000", "075319.671000", "075319.671000", "075319.687000", "075324.671000", "075324.671000", "075324.671000", "075324.671000", "075329.671000", "075329.671000", "075329.671000", "075334.671000", "075334.671000", "075334.671000", "075334.671000", "075339.671000", "075339.671000", "075339.671000", "075339.671000", "075344.671000", "075344.671000", "075344.671000", "075349.671000", "075349.671000", "075349.671000", "075349.671000", "075349.687000", "075354.671000", "075354.671000", "075354.671000", "075354.671000", "075359.671000", "075359.671000", "075359.671000", "075359.671000", "075404.671000", "075404.671000", "075404.671000", "075409.671000", "075409.671000", "075409.671000", "075409.671000", "075414.671000", "075414.671000", "075414.671000", "075414.671000", "075419.671000", "075419.671000", "075419.671000", "075419.671000", "075424.671000", "075424.671000", "075424.671000", "075424.671000", "075429.671000", "075429.671000", "075429.671000", "075429.671000", "075429.671000", "075434.671000", "075434.671000", "075434.671000", "075439.671000", "075439.671000", "075439.671000", "075439.687000", "075444.671000", "075444.671000", "075444.671000", "075444.671000", "075444.671000", "075449.671000", "075449.671000", "075449.671000", "075454.671000", "075454.671000", "075454.671000", "075454.671000", "075454.671000", "075459.671000", "075459.671000", "075459.671000", "075459.671000", "075504.671000", "075504.671000", "075504.671000", "075509.671000", "075509.671000", "075509.671000", "075509.671000", "075514.671000", "075514.671000", "075514.671000", "075514.671000", "075514.671000", "075515.468000"], "InstanceCreationTime": ["074349.890000", "074354.671000", "074354.671000", "074354.671000", "074354.671000", "074359.671000", "074359.671000", "074359.671000", "074404.671000", "074404.671000", "074404.671000", "074404.671000", "074409.671000", "074409.671000", "074409.671000", "074409.671000", "074414.671000", "074414.671000", "074414.671000", "074414.671000", "074419.671000", "074419.671000", "074419.671000", "074424.671000", "074424.671000", "074424.671000", "074424.671000", "074429.671000", "074429.671000", "074429.671000", "074429.671000", "074434.671000", "074434.671000", "074434.671000", "074434.671000", "074439.671000", "074439.671000", "074439.671000", "074444.671000", "074444.671000", "074444.671000", "074444.687000", "074449.671000", "074449.671000", "074449.671000", "074449.671000", "074454.671000", "074454.671000", "074454.671000", "074459.671000", "074459.671000", "074459.671000", "074459.671000", "074504.671000", "074504.671000", "074504.671000", "074504.671000", "074509.671000", "074509.671000", "074509.671000", "074509.687000", "074514.671000", "074514.671000", "074514.671000", "074519.671000", "074519.671000", "074519.671000", "074519.671000", "074524.671000", "074524.671000", "074524.671000", "074524.671000", "074529.671000", "074529.671000", "074529.671000", "074529.671000", "074534.671000", "074534.671000", "074534.671000", "074534.671000", "074539.671000", "074539.671000", "074539.671000", "074544.671000", "074544.671000", "074544.671000", "074544.671000", "074549.671000", "074549.671000", "074549.671000", "074549.671000", "074554.671000", "074554.671000", "074554.671000", "074554.671000", "074559.671000", "074559.671000", "074559.671000", "074559.671000", "074604.671000", "074604.671000", "074604.671000", "074604.671000", "074609.671000", "074609.671000", "074609.671000", "074614.671000", "074614.671000", "074614.671000", "074614.671000", "074619.671000", "074619.671000", "074619.671000", "074624.671000", "074624.671000", "074624.671000", "074624.687000", "074629.671000", "074629.671000", "074629.671000", "074629.687000", "074634.671000", "074634.671000", "074634.671000", "074639.671000", "074639.671000", "074639.671000", "074639.671000", "074644.671000", "074644.671000", "074644.671000", "074644.671000", "074649.671000", "074649.671000", "074649.671000", "074649.671000", "074654.671000", "074654.671000", "074654.671000", "074659.671000", "074659.671000", "074659.671000", "074659.671000", "074704.671000", "074704.671000", "074704.671000", "074704.671000", "074709.671000", "074709.671000", "074709.671000", "074709.687000", "074714.671000", "074714.671000", "074714.671000", "074724.671000", "074724.671000", "074724.671000", "074724.671000", "074724.671000", "074724.687000", "074724.687000", "074729.671000", "074729.671000", "074729.671000", "074729.671000", "074734.671000", "074734.671000", "074734.671000", "074739.671000", "074739.671000", "074739.671000", "074739.671000", "074744.671000", "074744.671000", "074744.671000", "074749.671000", "074749.671000", "074749.671000", "074749.671000", "074754.671000", "074754.671000", "074754.671000", "074759.671000", "074759.671000", "074759.671000", "074759.687000", "074804.671000", "074804.671000", "074804.671000", "074804.671000", "074809.671000", "074809.671000", "074809.671000", "074809.671000", "074814.671000", "074814.671000", "074814.687000", "074814.687000", "074819.671000", "074819.671000", "074819.671000", "074819.671000", "074824.671000", "074824.671000", "074824.671000", "074829.671000", "074829.671000", "074829.671000", "074829.671000", "074834.671000", "074834.671000", "074834.671000", "074834.671000", "074839.671000", "074839.671000", "074839.671000", "074839.671000", "074844.671000", "074844.671000", "074844.671000", "074849.671000", "074849.671000", "074849.671000", "074849.671000", "074854.671000", "074854.671000", "074854.671000", "074859.671000", "074859.671000", "074859.671000", "074859.671000", "074904.671000", "074904.671000", "074904.687000", "074904.687000", "074909.671000", "074909.671000", "074909.671000", "074909.671000", "074914.671000", "074914.671000", "074914.671000", "074919.671000", "074919.671000", "074919.671000", "074919.671000", "074924.671000", "074924.671000", "074924.671000", "074924.671000", "074929.671000", "074929.671000", "074929.671000", "074929.687000", "074934.671000", "074934.671000", "074934.671000", "074934.671000", "074939.671000", "074939.671000", "074939.671000", "074944.671000", "074944.671000", "074944.671000", "074944.671000", "074949.671000", "074949.671000", "074949.671000", "074954.671000", "074954.671000", "074954.671000", "074954.671000", "074959.671000", "074959.671000", "074959.671000", "074959.671000", "075004.671000", "075004.671000", "075004.671000", "075004.671000", "075009.671000", "075009.671000", "075009.671000", "075014.671000", "075014.671000", "075014.671000", "075014.671000", "075019.671000", "075019.687000", "075019.687000", "075019.687000", "075024.671000", "075024.671000", "075024.671000", "075024.671000", "075029.671000", "075029.671000", "075029.671000", "075034.671000", "075034.671000", "075034.671000", "075034.671000", "075039.671000", "075039.671000", "075039.671000", "075039.687000", "075044.671000", "075044.671000", "075044.671000", "075044.671000", "075049.671000", "075049.671000", "075049.687000", "075049.687000", "075054.671000", "075054.671000", "075054.671000", "075059.671000", "075059.671000", "075059.671000", "075059.687000", "075104.671000", "075104.671000", "075104.671000", "075104.671000", "075109.671000", "075109.671000", "075109.671000", "075109.671000", "075114.671000", "075114.671000", "075114.671000", "075119.671000", "075119.671000", "075119.671000", "075119.671000", "075124.671000", "075124.671000", "075124.671000", "075124.671000", "075129.671000", "075129.671000", "075129.671000", "075134.671000", "075134.671000", "075134.671000", "075134.671000", "075139.671000", "075139.671000", "075139.671000", "075139.671000", "075144.671000", "075144.671000", "075144.671000", "075144.687000", "075149.671000", "075149.671000", "075149.671000", "075149.671000", "075154.671000", "075154.671000", "075154.671000", "075154.671000", "075159.671000", "075159.671000", "075159.671000", "075159.671000", "075204.671000", "075204.671000", "075204.671000", "075209.671000", "075209.671000", "075209.671000", "075209.671000", "075214.671000", "075214.671000", "075214.671000", "075219.671000", "075219.671000", "075219.671000", "075219.687000", "075224.671000", "075224.671000", "075224.671000", "075224.671000", "075229.671000", "075229.671000", "075229.671000", "075229.671000", "075234.671000", "075234.671000", "075234.671000", "075234.671000", "075239.671000", "075239.671000", "075239.671000", "075244.671000", "075244.671000", "075244.671000", "075244.671000", "075249.671000", "075249.671000", "075249.671000", "075249.671000", "075254.671000", "075254.671000", "075254.671000", "075259.671000", "075259.671000", "075259.671000", "075259.671000", "075304.671000", "075304.671000", "075304.671000", "075309.671000", "075309.671000", "075309.671000", "075309.671000", "075314.671000", "075314.671000", "075314.671000", "075314.671000", "075319.671000", "075319.671000", "075319.671000", "075319.687000", "075324.671000", "075324.671000", "075324.671000", "075324.671000", "075329.671000", "075329.671000", "075329.671000", "075334.671000", "075334.671000", "075334.671000", "075334.671000", "075339.671000", "075339.671000", "075339.671000", "075339.671000", "075344.671000", "075344.671000", "075344.671000", "075349.671000", "075349.671000", "075349.671000", "075349.671000", "075349.687000", "075354.671000", "075354.671000", "075354.671000", "075354.671000", "075359.671000", "075359.671000", "075359.671000", "075359.671000", "075404.671000", "075404.671000", "075404.671000", "075409.671000", "075409.671000", "075409.671000", "075409.671000", "075414.671000", "075414.671000", "075414.671000", "075414.671000", "075419.671000", "075419.671000", "075419.671000", "075419.671000", "075424.671000", "075424.671000", "075424.671000", "075424.671000", "075429.671000", "075429.671000", "075429.671000", "075429.671000", "075429.671000", "075434.671000", "075434.671000", "075434.671000", "075439.671000", "075439.671000", "075439.671000", "075439.687000", "075444.671000", "075444.671000", "075444.671000", "075444.671000", "075444.671000", "075449.671000", "075449.671000", "075449.671000", "075454.671000", "075454.671000", "075454.671000", "075454.671000", "075454.671000", "075459.671000", "075459.671000", "075459.671000", "075459.671000", "075504.671000", "075504.671000", "075504.671000", "075509.671000", "075509.671000", "075509.671000", "075509.671000", "075514.671000", "075514.671000", "075514.671000", "075514.671000", "075514.671000", "075515.468000"], "InstanceNumber": [1, 2, 3, 4, 5, 6, 7, 8, 9, 10, 11, 12, 13, 14, 15, 16, 17, 18, 19, 20, 21, 22, 23, 24, 25, 26, 27, 28, 29, 30, 31, 32, 33, 34, 35, 36, 37, 38, 39, 40, 41, 42, 43, 44, 45, 46, 47, 48, 49, 50, 51, 52, 53, 54, 55, 56, 57, 58, 59, 60, 61, 62, 63, 64, 65, 66, 67, 68, 69, 70, 71, 72, 73, 74, 75, 76, 77, 78, 79, 80, 81, 82, 83, 84, 85, 86, 87, 88, 89, 90, 91, 92, 93, 94, 95, 96, 97, 98, 99, 100, 101, 102, 103, 104, 105, 106, 107, 108, 109, 110, 111, 112, 113, 114, 115, 116, 117, 118, 119, 120, 121, 122, 123, 124, 125, 126, 127, 128, 129, 130, 131, 132, 133, 134, 135, 136, 137, 138, 139, 140, 141, 142, 143, 144, 145, 146, 147, 148, 149, 150, 151, 152, 153, 154, 155, 156, 157, 158, 159, 160, 161, 162, 163, 164, 165, 166, 167, 168, 169, 170, 171, 172, 173, 174, 175, 176, 177, 178, 179, 180, 181, 182, 183, 184, 185, 186, 187, 188, 189, 190, 191, 192, 193, 194, 195, 196, 197, 198, 199, 200, 201, 202, 203, 204, 205, 206, 207, 208, 209, 210, 211, 212, 213, 214, 215, 216, 217, 218, 219, 220, 221, 222, 223, 224, 225, 226, 227, 228, 229, 230, 231, 232, 233, 234, 235, 236, 237, 238, 239, 240, 241, 242, 243, 244, 245, 246, 247, 248, 249, 250, 251, 252, 253, 254, 255, 256, 257, 258, 259, 260, 261, 262, 263, 264, 265, 266, 267, 268, 269, 270, 271, 272, 273, 274, 275, 276, 277, 278, 279, 280, 281, 282, 283, 284, 285, 286, 287, 288, 289, 290, 291, 292, 293, 294, 295, 296, 297, 298, 299, 300, 301, 302, 303, 304, 305, 306, 307, 308, 309, 310, 311, 312, 313, 314, 315, 316, 317, 318, 319, 320, 321, 322, 323, 324, 325, 326, 327, 328, 329, 330, 331, 332, 333, 334, 335, 336, 337, 338, 339, 340, 341, 342, 343, 344, 345, 346, 347, 348, 349, 350, 351, 352, 353, 354, 355, 356, 357, 358, 359, 360, 361, 362, 363, 364, 365, 366, 367, 368, 369, 370, 371, 372, 373, 374, 375, 376, 377, 378, 379, 380, 381, 382, 383, 384, 385, 386, 387, 388, 389, 390, 391, 392, 393, 394, 395, 396, 397, 398, 399, 400, 401, 402, 403, 404, 405, 406, 407, 408, 409, 410, 411, 412, 413, 414, 415, 416, 417, 418, 419, 420, 421, 422, 423, 424, 425, 426, 427, 428, 429, 430, 431, 432, 433, 434, 435, 436, 437, 438, 439, 440, 441, 442, 443, 444, 445, 446, 447, 448, 449, 450, 451, 452, 453, 454, 455, 456, 457, 458, 459, 460, 461, 462, 463, 464, 465, 466, 467, 468, 469, 470, 471, 472, 473, 474, 475, 476, 477, 478, 479, 480, 481, 482, 483, 484, 485, 486, 487, 488, 489, 490, 491, 492, 493, 494, 495, 496, 497, 498, 499, 500, 501, 502, 503, 504, 505, 506, 507, 508, 509, 510, 511, 512, 513, 514, 515, 516, 517, 518], "LargestImagePixelValue": [28122, 27581, 28574, 27229, 28937, 27228, 27350, 26840, 27068, 27505, 27244, 28261, 26942, 27106, 26980, 28119, 26837, 27267, 26920, 26813, 26689, 27044, 26569, 26595, 26656, 26911, 26628, 27529, 26539, 26900, 26748, 29270, 26685, 26976, 26588, 26629, 26703, 26682, 26680, 26518, 27083, 26482, 26570, 26588, 26567, 26735, 26842, 26589, 26465, 27022, 26478, 28278, 26503, 27699, 26482, 28209, 26622, 26546, 26471, 26257, 26653, 26413, 26568, 28176, 26508, 26778, 26751, 26548, 28467, 26499, 26570, 27688, 26815, 26747, 27901, 26488, 26734, 26887, 26727, 27173, 26651, 26907, 27063, 27039, 27186, 26929, 26936, 26993, 27008, 27054, 27056, 27772, 26991, 27157, 27695, 27087, 26993, 27075, 27025, 27078, 26777, 27189, 27337, 26885, 26607, 26764, 26817, 26910, 26798, 26637, 27227, 26891, 28016, 28183, 26991, 26434, 28363, 26653, 27323, 26591, 27271, 26815, 26368, 28812, 26277, 26088, 26168, 26089, 26085, 26186, 26156, 28582, 26542, 26455, 26159, 26355, 26055, 27173, 26147, 26089, 26202, 26130, 26425, 27114, 26092, 26100, 26197, 26190, 26193, 26221, 26341, 26491, 26373, 26050, 28880, 26134, 26903, 26436, 26358, 26610, 27230, 26304, 26374, 26523, 26444, 26355, 26330, 26430, 26393, 28831, 27651, 26350, 26277, 26472, 26533, 26813, 26118, 29370, 30270, 26120, 26203, 25992, 26312, 26495, 27267, 26194, 26231, 26375, 26211, 26321, 26409, 26422, 28189, 26251, 26108, 29641, 28708, 28091, 30318, 27969, 26937, 26423, 26339, 28582, 26306, 26211, 26395, 26506, 26511, 26121, 26385, 26385, 26501, 26298, 26311, 26179, 26383, 26105, 26163, 26147, 26034, 28766, 25966, 26517, 26615, 25998, 25963, 25874, 26110, 26679, 26003, 26177, 26056, 26314, 25891, 26125, 26085, 26045, 28654, 25865, 27681, 25963, 26179, 25926, 26103, 26006, 26091, 26065, 26059, 25967, 27388, 26025, 26040, 26073, 26200, 26040, 26247, 26113, 25943, 26181, 25981, 26240, 27365, 26199, 28517, 25889, 26213, 27645, 26003, 26838, 25931, 26005, 26663, 25970, 26121, 30169, 26082, 26413, 25974, 26435, 25921, 26009, 25990, 26055, 27932, 26368, 26187, 26803, 26018, 26378, 26250, 26365, 26367, 26671, 29495, 26327, 26312, 26460, 26217, 26181, 26036, 26157, 26052, 26206, 28377, 26263, 26082, 25985, 25988, 27846, 26145, 26297, 26193, 26220, 26089, 25906, 26256, 26149, 25851, 26095, 25997, 27794, 25945, 26256, 26053, 26201, 26152, 26083, 25981, 26949, 26351, 27961, 26363, 26432, 26442, 29270, 26267, 26295, 26313, 27488, 26354, 26558, 26579, 26622, 27674, 26446, 26460, 26679, 26801, 26601, 26701, 29859, 26732, 26948, 26482, 28707, 26588, 26779, 26852, 26683, 29471, 26772, 27164, 26690, 27572, 26972, 27063, 26951, 26806, 26812, 29911, 27377, 26973, 26841, 28048, 26743, 26661, 26861, 26797, 27863, 26588, 27130, 26727, 26799, 26605, 27544, 26419, 26567, 26820, 26756, 26682, 26711, 27145, 26471, 26781, 26926, 26803, 26556, 26916, 30036, 26701, 26900, 26878, 26861, 27125, 26824, 27188, 26682, 26622, 26818, 26518, 26694, 26669, 29209, 26693, 26826, 26651, 26948, 27184, 26884, 26811, 26776, 27720, 26941, 27157, 26855, 27149, 26797, 27979, 26893, 26804, 26822, 26786, 26899, 28350, 26980, 29629, 27169, 28046, 27116, 29170, 27090, 27173, 27133, 27327, 27511, 27354, 27289, 27585, 27671, 27286, 27312, 27295, 29032, 27395, 27213, 27475, 27443, 27122, 27348, 28183, 27273, 27418, 27108, 27358, 27624, 27620, 28202, 27061, 27051, 27202, 27256, 27302, 27367, 29518, 27263, 27114, 28205, 27175, 27255, 27354, 27472, 27107, 27292, 27292, 27691, 27448, 30121, 27387, 27120, 27194, 27272, 27508, 27416, 27683, 28251, 27510, 27826, 29668, 27787, 27240, 27480, 27409, 27560, 27579, 27839, 27756, 28777, 27771, 27348, 27511, 27289, 27549, 27751, 27746, 27825, 27641, 27990], "WindowCenter": [10376.0, 10359.0, 10370.0, 10368.0, 10376.0, 10378.0, 10370.0, 10362.0, 10351.0, 10344.0, 10350.0, 10374.0, 10347.0, 10343.0, 10330.0, 10351.0, 10349.0, 10359.0, 10335.0, 10352.0, 10336.0, 10343.0, 10345.0, 10342.0, 10356.0, 10364.0, 10363.0, 10366.0, 10356.0, 10350.0, 10350.0, 10350.0, 10334.0, 10334.0, 10327.0, 10320.0, 10336.0, 10339.0, 10342.0, 10348.0, 10354.0, 10355.0, 10356.0, 10364.0, 10393.0, 10376.0, 10361.0, 10354.0, 10363.0, 10351.0, 10335.0, 10349.0, 10336.0, 10349.0, 10357.0, 10349.0, 10346.0, 10337.0, 10327.0, 10324.0, 10341.0, 10315.0, 10326.0, 10320.0, 10320.0, 10315.0, 10322.0, 10341.0, 10335.0, 10334.0, 10333.0, 10343.0, 10337.0, 10330.0, 10335.0, 10353.0, 10341.0, 10339.0, 10322.0, 10333.0, 10338.0, 10352.0, 10348.0, 10327.0, 10345.0, 10341.0, 10332.0, 10322.0, 10325.0, 10305.0, 10338.0, 10356.0, 10344.0, 10343.0, 10334.0, 10345.0, 10324.0, 10337.0, 10331.0, 10333.0, 10329.0, 10318.0, 10333.0, 10324.0, 10332.0, 10336.0, 10339.0, 10330.0, 10337.0, 10321.0, 10353.0, 10339.0, 10341.0, 10336.0, 10348.0, 10338.0, 10324.0, 10329.0, 10312.0, 10329.0, 10319.0, 10348.0, 10329.0, 10339.0, 10309.0, 10312.0, 10326.0, 10323.0, 10315.0, 10311.0, 10326.0, 10354.0, 10325.0, 10315.0, 10302.0, 10290.0, 10276.0, 10287.0, 10273.0, 10290.0, 10300.0, 10320.0, 10312.0, 10312.0, 10304.0, 10298.0, 10292.0, 10306.0, 10305.0, 10322.0, 10324.0, 10339.0, 10325.0, 10324.0, 10324.0, 10311.0, 10306.0, 10320.0, 10324.0, 10338.0, 10346.0, 10331.0, 10298.0, 10310.0, 10314.0, 10322.0, 10323.0, 10336.0, 10331.0, 10343.0, 10324.0, 10309.0, 10307.0, 10321.0, 10338.0, 10336.0, 10328.0, 10338.0, 10328.0, 10303.0, 10311.0, 10309.0, 10315.0, 10317.0, 10316.0, 10311.0, 10308.0, 10291.0, 10312.0, 10325.0, 10320.0, 10320.0, 10293.0, 10271.0, 10271.0, 10313.0, 10336.0, 10299.0, 10371.0, 10360.0, 10330.0, 10300.0, 10260.0, 10264.0, 10239.0, 10235.0, 10256.0, 10259.0, 10276.0, 10269.0, 10297.0, 10295.0, 10305.0, 10313.0, 10300.0, 10296.0, 10291.0, 10292.0, 10294.0, 10309.0, 10295.0, 10299.0, 10280.0, 10290.0, 10283.0, 10284.0, 10279.0, 10305.0, 10311.0, 10319.0, 10302.0, 10297.0, 10297.0, 10321.0, 10307.0, 10318.0, 10316.0, 10324.0, 10338.0, 10326.0, 10312.0, 10315.0, 10297.0, 10279.0, 10306.0, 10318.0, 10320.0, 10298.0, 10307.0, 10297.0, 10301.0, 10277.0, 10292.0, 10299.0, 10306.0, 10312.0, 10328.0, 10309.0, 10306.0, 10315.0, 10304.0, 10327.0, 10329.0, 10325.0, 10322.0, 10298.0, 10287.0, 10288.0, 10274.0, 10291.0, 10274.0, 10289.0, 10294.0, 10286.0, 10281.0, 10289.0, 10270.0, 10272.0, 10276.0, 10262.0, 10268.0, 10272.0, 10277.0, 10264.0, 10275.0, 10288.0, 10269.0, 10264.0, 10272.0, 10296.0, 10295.0, 10294.0, 10286.0, 10277.0, 10262.0, 10261.0, 10261.0, 10257.0, 10269.0, 10270.0, 10284.0, 10273.0, 10301.0, 10302.0, 10303.0, 10300.0, 10296.0, 10281.0, 10285.0, 10282.0, 10290.0, 10283.0, 10277.0, 10291.0, 10283.0, 10284.0, 10286.0, 10269.0, 10295.0, 10271.0, 10290.0, 10298.0, 10279.0, 10281.0, 10273.0, 10277.0, 10279.0, 10288.0, 10299.0, 10305.0, 10300.0, 10288.0, 10284.0, 10301.0, 10318.0, 10308.0, 10299.0, 10280.0, 10284.0, 10290.0, 10273.0, 10286.0, 10295.0, 10298.0, 10300.0, 10266.0, 10281.0, 10276.0, 10279.0, 10274.0, 10267.0, 10300.0, 10277.0, 10268.0, 10278.0, 10278.0, 10284.0, 10270.0, 10298.0, 10303.0, 10299.0, 10297.0, 10287.0, 10272.0, 10273.0, 10275.0, 10283.0, 10302.0, 10289.0, 10292.0, 10290.0, 10282.0, 10274.0, 10283.0, 10285.0, 10275.0, 10290.0, 10291.0, 10292.0, 10287.0, 10276.0, 10279.0, 10244.0, 10242.0, 10272.0, 10254.0, 10263.0, 10270.0, 10285.0, 10273.0, 10285.0, 10288.0, 10286.0, 10284.0, 10283.0, 10283.0, 10296.0, 10304.0, 10294.0, 10284.0, 10281.0, 10283.0, 10264.0, 10263.0, 10261.0, 10270.0, 10257.0, 10260.0, 10264.0, 10257.0, 10259.0, 10279.0, 10269.0, 10279.0, 10262.0, 10276.0, 10259.0, 10264.0, 10273.0, 10243.0, 10272.0, 10253.0, 10260.0, 10266.0, 10270.0, 10284.0, 10281.0, 10279.0, 10301.0, 10261.0, 10282.0, 10293.0, 10298.0, 10277.0, 10281.0, 10280.0, 10300.0, 10287.0, 10297.0, 10295.0, 10299.0, 10284.0, 10278.0, 10280.0, 10274.0, 10270.0, 10275.0, 10292.0, 10291.0, 10271.0, 10280.0, 10291.0, 10275.0, 10299.0, 10301.0, 10284.0, 10299.0, 10287.0, 10296.0, 10318.0, 10307.0, 10292.0, 10293.0, 10279.0, 10277.0, 10263.0, 10254.0, 10275.0, 10268.0, 10278.0, 10285.0, 10315.0, 10279.0, 10297.0, 10287.0, 10282.0, 10269.0, 10278.0, 10263.0, 10272.0, 10263.0, 10283.0, 10279.0, 10282.0, 10285.0, 10300.0, 10283.0, 10284.0, 10259.0, 10267.0, 10274.0, 10274.0, 10264.0, 10278.0, 10288.0, 10287.0, 10274.0, 10256.0, 10268.0, 10259.0, 10257.0, 10272.0, 10260.0, 10266.0, 10279.0, 10283.0, 10286.0, 10291.0, 10275.0, 10251.0, 10274.0, 10269.0, 10277.0, 10285.0, 10279.0, 10289.0, 10291.0, 10276.0], "WindowWidth": [22099.0, 22060.0, 22075.0, 22070.0, 22091.0, 22095.0, 22075.0, 22054.0, 22033.0, 22019.0, 22030.0, 22081.0, 22027.0, 22016.0, 21992.0, 22027.0, 22023.0, 22049.0, 22003.0, 22032.0, 22001.0, 22011.0, 22012.0, 22009.0, 22034.0, 22059.0, 22059.0, 22063.0, 22042.0, 22031.0, 22031.0, 22027.0, 21992.0, 21992.0, 21976.0, 21963.0, 21993.0, 22005.0, 22012.0, 22024.0, 22035.0, 22042.0, 22051.0, 22066.0, 22121.0, 22097.0, 22060.0, 22041.0, 22049.0, 22025.0, 21995.0, 22025.0, 22008.0, 22029.0, 22040.0, 22025.0, 22011.0, 21990.0, 21971.0, 21970.0, 22007.0, 21957.0, 21969.0, 21957.0, 21950.0, 21943.0, 21959.0, 21999.0, 22001.0, 21997.0, 21992.0, 22009.0, 21995.0, 21979.0, 21994.0, 22024.0, 22009.0, 22005.0, 21967.0, 21987.0, 21992.0, 22019.0, 22013.0, 21976.0, 22013.0, 22004.0, 21985.0, 21966.0, 21969.0, 21929.0, 21993.0, 22034.0, 22015.0, 22009.0, 21995.0, 22013.0, 21975.0, 22000.0, 21989.0, 21986.0, 21974.0, 21955.0, 21982.0, 21976.0, 21987.0, 21994.0, 21999.0, 21986.0, 21996.0, 21965.0, 22026.0, 22004.0, 22005.0, 21995.0, 22015.0, 22001.0, 21969.0, 21973.0, 21944.0, 21970.0, 21957.0, 22013.0, 21982.0, 22002.0, 21941.0, 21938.0, 21961.0, 21950.0, 21941.0, 21943.0, 21972.0, 22024.0, 21964.0, 21946.0, 21909.0, 21881.0, 21854.0, 21874.0, 21849.0, 21886.0, 21913.0, 21952.0, 21944.0, 21935.0, 21914.0, 21904.0, 21895.0, 21921.0, 21923.0, 21961.0, 21966.0, 22000.0, 21967.0, 21958.0, 21959.0, 21930.0, 21923.0, 21955.0, 21978.0, 22001.0, 22009.0, 21974.0, 21910.0, 21930.0, 21937.0, 21955.0, 21965.0, 21996.0, 21979.0, 21999.0, 21960.0, 21928.0, 21926.0, 21957.0, 21997.0, 21990.0, 21972.0, 21989.0, 21969.0, 21918.0, 21931.0, 21931.0, 21942.0, 21948.0, 21939.0, 21930.0, 21927.0, 21894.0, 21932.0, 21958.0, 21957.0, 21953.0, 21890.0, 21841.0, 21842.0, 21918.0, 22006.0, 21908.0, 22077.0, 22046.0, 21976.0, 21903.0, 21813.0, 21817.0, 21756.0, 21746.0, 21794.0, 21809.0, 21844.0, 21841.0, 21899.0, 21902.0, 21921.0, 21929.0, 21906.0, 21897.0, 21889.0, 21892.0, 21899.0, 21924.0, 21897.0, 21903.0, 21859.0, 21878.0, 21868.0, 21870.0, 21863.0, 21915.0, 21934.0, 21954.0, 21921.0, 21911.0, 21904.0, 21949.0, 21924.0, 21947.0, 21950.0, 21967.0, 21996.0, 21965.0, 21937.0, 21936.0, 21902.0, 21868.0, 21921.0, 21948.0, 21950.0, 21903.0, 21917.0, 21897.0, 21904.0, 21859.0, 21890.0, 21911.0, 21923.0, 21937.0, 21965.0, 21929.0, 21923.0, 21946.0, 21922.0, 21969.0, 21973.0, 21963.0, 21956.0, 21908.0, 21886.0, 21881.0, 21850.0, 21882.0, 21849.0, 21877.0, 21890.0, 21876.0, 21862.0, 21873.0, 21833.0, 21838.0, 21841.0, 21817.0, 21833.0, 21842.0, 21855.0, 21831.0, 21845.0, 21866.0, 21832.0, 21822.0, 21836.0, 21884.0, 21888.0, 21887.0, 21869.0, 21846.0, 21817.0, 21811.0, 21813.0, 21809.0, 21830.0, 21836.0, 21865.0, 21849.0, 21903.0, 21913.0, 21917.0, 21910.0, 21897.0, 21862.0, 21870.0, 21870.0, 21880.0, 21870.0, 21866.0, 21892.0, 21874.0, 21870.0, 21870.0, 21841.0, 21883.0, 21847.0, 21885.0, 21904.0, 21862.0, 21863.0, 21849.0, 21854.0, 21857.0, 21881.0, 21900.0, 21915.0, 21908.0, 21888.0, 21877.0, 21908.0, 21943.0, 21927.0, 21898.0, 21863.0, 21870.0, 21881.0, 21852.0, 21881.0, 21899.0, 21903.0, 21899.0, 21832.0, 21860.0, 21849.0, 21851.0, 21843.0, 21839.0, 21902.0, 21851.0, 21831.0, 21850.0, 21851.0, 21861.0, 21840.0, 21896.0, 21912.0, 21906.0, 21891.0, 21875.0, 21842.0, 21842.0, 21844.0, 21865.0, 21902.0, 21880.0, 21884.0, 21884.0, 21859.0, 21841.0, 21858.0, 21862.0, 21847.0, 21877.0, 21882.0, 21883.0, 21870.0, 21847.0, 21855.0, 21782.0, 21775.0, 21829.0, 21799.0, 21816.0, 21835.0, 21874.0, 21855.0, 21872.0, 21876.0, 21870.0, 21866.0, 21872.0, 21876.0, 21894.0, 21909.0, 21887.0, 21867.0, 21855.0, 21860.0, 21833.0, 21823.0, 21821.0, 21835.0, 21809.0, 21812.0, 21821.0, 21811.0, 21815.0, 21852.0, 21833.0, 21854.0, 21821.0, 21845.0, 21814.0, 21827.0, 21838.0, 21778.0, 21828.0, 21796.0, 21809.0, 21825.0, 21838.0, 21870.0, 21858.0, 21859.0, 21897.0, 21823.0, 21861.0, 21885.0, 21899.0, 21861.0, 21865.0, 21859.0, 21894.0, 21869.0, 21895.0, 21890.0, 21897.0, 21862.0, 21851.0, 21853.0, 21843.0, 21840.0, 21851.0, 21891.0, 21883.0, 21843.0, 21858.0, 21877.0, 21850.0, 21899.0, 21899.0, 21874.0, 21907.0, 21881.0, 21899.0, 21939.0, 21919.0, 21887.0, 21887.0, 21864.0, 21857.0, 21821.0, 21801.0, 21837.0, 21825.0, 21844.0, 21865.0, 21934.0, 21863.0, 21889.0, 21872.0, 21857.0, 21831.0, 21849.0, 21823.0, 21841.0, 21831.0, 21862.0, 21857.0, 21864.0, 21868.0, 21896.0, 21868.0, 21861.0, 21809.0, 21821.0, 21837.0, 21839.0, 21827.0, 21855.0, 21870.0, 21866.0, 21837.0, 21802.0, 21828.0, 21799.0, 21798.0, 21829.0, 21810.0, 21824.0, 21852.0, 21861.0, 21865.0, 21875.0, 21838.0, 21793.0, 21834.0, 21825.0, 21842.0, 21859.0, 21861.0, 21875.0, 21873.0, 21846.0]}, "slices": {}}}