{"AcquisitionMatrixPE": 96, "AcquisitionNumber": 1, "AcquisitionTime": "07:24:42.952500", "BandwidthPerPixelPhaseEncode": 33.602, "BaseResolution": 96, "BodyPartExamined": "BRAIN", "ConsistencyInfo": "N4_VD11D_LATEST_20110129", "ConversionSoftware": "dcm2niix", "ConversionSoftwareVersion": "v1.0.20210317", "DerivedVendorReportedEchoSpacing": 0.000620003, "DeviceSerialNumber": "45239", "DwellTime": 2.6e-06, "EchoTime": 0.03, "EchoTrainLength": 48, "EffectiveEchoSpacing": 0.000310001, "FlipAngle": 63, "ImageComments": "Unaliased MB4/PE3", "ImageOrientationPatientDICOM": [0.999817, -0.0171271, 0.00850196, 0.0191212, 0.895548, -0.444554], "ImageType": ["ORIGINAL", "PRIMARY", "M", "ND", "NORM", "MOSAIC"], "ImagingFrequency": 123.193, "InPlanePhaseEncodingDirectionDICOM": "COL", "InstitutionAddress": "E 24th St. 100,Austin,Southmiddle,US,78712", "InstitutionName": "Univ of Texas at Austin", "InstitutionalDepartmentName": "IRC", "MRAcquisitionType": "2D", "MagneticFieldStrength": 3, "Manufacturer": "Siemens", "ManufacturersModelName": "Skyra", "Modality": "MR", "MultibandAccelerationFactor": 4, "ParallelReductionFactorInPlane": 2, "PartialFourier": 1, "PatientPosition": "HFS", "PercentPhaseFOV": 100, "PercentSampling": 100, "PhaseEncodingDirection": "j-", "PhaseEncodingSteps": 96, "PhaseResolution": 1, "PixelBandwidth": 2005, "ProcedureStepDescription": "Poldrack2^self-scanning", "ProtocolName": "Resting State fMRI MBEPI_matrix96_BW2004", "PulseSequenceDetails": "%CustomerSeq%\\cmrr_mbep2d_bold", "ReceiveCoilActiveElements": "HEA;HEP", "ReceiveCoilName": "Head_32", "ReconMatrixPE": 96, "RefLinesPE": 94, "RepetitionTime": 1.16, "SAR": 0.0990059, "ScanOptions": "FS", "ScanningSequence": "EP", "SequenceName": "epfid2d1_96", "SequenceVariant": "SK", "SeriesDescription": "Resting State fMRI MBEPI_matrix96_BW2004", "SeriesNumber": 9, "ShimSetting": [-2778, 8011, -15926, -121, -141, -89, -18, -21], "SliceThickness": 2, "SliceTiming": [0, 0.4975, 0.9975, 0.355, 0.855, 0.2125, 0.7125, 0.07, 0.57, 1.0675, 0.4275, 0.925, 0.285, 0.7825, 0.1425, 0.64, 0, 0.4975, 0.9975, 0.355, 0.855, 0.2125, 0.7125, 0.07, 0.57, 1.0675, 0.4275, 0.925, 0.285, 0.7825, 0.1425, 0.64, 0, 0.4975, 0.9975, 0.355, 0.855, 0.2125, 0.7125, 0.07, 0.57, 1.0675, 0.4275, 0.925, 0.285, 0.7825, 0.1425, 0.64, 0, 0.4975, 0.9975, 0.355, 0.855, 0.2125, 0.7125, 0.07, 0.57, 1.0675, 0.4275, 0.925, 0.285, 0.7825, 0.1425, 0.64], "SoftwareVersions": "syngo MR D11", "SpacingBetweenSlices": 2.4, "StationName": "AWP45239", "TaskName": "Resting fmri", "TotalReadoutTime": 0.0294501, "TxRefAmp": 333.097, "WipMemBlock": "3308b5df-e0ed-4ebc-8bdd-5ef0cbb8d327||Sequence: VD11D r206; Feb 13 2013 18:52:04 by eja", "dcmmeta_affine": [[-2.395395278930664, 0.04581121727824211, -8.171147314328664e-09, 117.62679290771484], [0.04103364795446396, 2.1455836296081543, -1.067124366760254, -85.58930969238281], [0.02036927081644535, 1.0650769472122192, 2.1497082710266113, -87.60433197021484], [0.0, 0.0, 0.0, 1.0]], "dcmmeta_reorient_transform": [[0.0, -1.0, 0.0, 95.0], [1.0, 0.0, 0.0, 0.0], [0.0, 0.0, 1.0, 0.0], [0.0, 0.0, 0.0, 1.0]], "dcmmeta_shape": [96, 96, 64, 518], "dcmmeta_slice_dim": 2, "dcmmeta_version": 0.6, "global": {"const": {"AcquisitionMatrix": [96, 0, 0, 96], "AngioFlag": "N", "BitsAllocated": 16, "BitsStored": 16, "BodyPartExamined": "BRAIN", "Columns": 768, "EchoNumbers": 1, "EchoTime": 30.0, "EchoTrainLength": 48, "FlipAngle": 63.0, "HighBit": 15, "ImageOrientationPatient": [0.99981717306122, -0.0171270890425, 0.00850195699842, 0.01912120424746, 0.89554800073322, -0.4445538864197], "ImagePositionPatient": [-942.22422607881, -825.36994830682, 364.59977622565], "ImageType": ["ORIGINAL", "PRIMARY", "M", "ND", "NORM", "MOSAIC"], "ImagedNucleus": "1H", "ImagingFrequency": 123.19296, "InPlanePhaseEncodingDirection": "COL", "MRAcquisitionType": "2D", "MagneticFieldStrength": 3.0, "Manufacturer": "SIEMENS", "ManufacturerModelName": "Skyra", "Modality": "MR", "NumberOfAverages": 1.0, "NumberOfPhaseEncodingSteps": 96, "PercentPhaseFieldOfView": 100.0, "PercentSampling": 100.0, "PerformedProcedureStepStartTime": "071302.546000", "PhotometricInterpretation": "MONOCHROME2", "PixelBandwidth": 2005.0, "PixelRepresentation": 0, "PixelSpacing": [2.3958332538605, 2.3958332538605], "ProtocolName": "Resting State fMRI MBEPI_matrix96_BW2004", "RepetitionTime": 1160.0, "Rows": 768, "SAR": 0.09900587726838, "SamplesPerPixel": 1, "ScanOptions": "FS", "ScanningSequence": "EP", "SequenceName": "epfid2d1_96", "SequenceVariant": "SK", "SeriesDescription": "Resting State fMRI MBEPI_matrix96_BW2004", "SeriesNumber": 9, "SeriesTime": "072521.953000", "SliceLocation": -40.41220917632, "SliceThickness": 2.0, "SmallestImagePixelValue": 0, "SoftwareVersions": "syngo MR D11", "SpacingBetweenSlices": 2.3999999996667, "SpecificCharacterSet": "ISO_IR 100", "StudyID": "1", "StudyTime": "071302.515000", "TransmitCoilName": "Body", "VariableFlipAngleFlag": "N", "WindowCenterWidthExplanation": "Algo1", "dBdt": 0.0}, "slices": {}}, "time": {"samples": {"AcquisitionNumber": [1, 2, 3, 4, 5, 6, 7, 8, 9, 10, 11, 12, 13, 14, 15, 16, 17, 18, 19, 20, 21, 22, 23, 24, 25, 26, 27, 28, 29, 30, 31, 32, 33, 34, 35, 36, 37, 38, 39, 40, 41, 42, 43, 44, 45, 46, 47, 48, 49, 50, 51, 52, 53, 54, 55, 56, 57, 58, 59, 60, 61, 62, 63, 64, 65, 66, 67, 68, 69, 70, 71, 72, 73, 74, 75, 76, 77, 78, 79, 80, 81, 82, 83, 84, 85, 86, 87, 88, 89, 90, 91, 92, 93, 94, 95, 96, 97, 98, 99, 100, 101, 102, 103, 104, 105, 106, 107, 108, 109, 110, 111, 112, 113, 114, 115, 116, 117, 118, 119, 120, 121, 122, 123, 124, 125, 126, 127, 128, 129, 130, 131, 132, 133, 134, 135, 136, 137, 138, 139, 140, 141, 142, 143, 144, 145, 146, 147, 148, 149, 150, 151, 152, 153, 154, 155, 156, 157, 158, 159, 160, 161, 162, 163, 164, 165, 166, 167, 168, 169, 170, 171, 172, 173, 174, 175, 176, 177, 178, 179, 180, 181, 182, 183, 184, 185, 186, 187, 188, 189, 190, 191, 192, 193, 194, 195, 196, 197, 198, 199, 200, 201, 202, 203, 204, 205, 206, 207, 208, 209, 210, 211, 212, 213, 214, 215, 216, 217, 218, 219, 220, 221, 222, 223, 224, 225, 226, 227, 228, 229, 230, 231, 232, 233, 234, 235, 236, 237, 238, 239, 240, 241, 242, 243, 244, 245, 246, 247, 248, 249, 250, 251, 252, 253, 254, 255, 256, 257, 258, 259, 260, 261, 262, 263, 264, 265, 266, 267, 268, 269, 270, 271, 272, 273, 274, 275, 276, 277, 278, 279, 280, 281, 282, 283, 284, 285, 286, 287, 288, 289, 290, 291, 292, 293, 294, 295, 296, 297, 298, 299, 300, 301, 302, 303, 304, 305, 306, 307, 308, 309, 310, 311, 312, 313, 314, 315, 316, 317, 318, 319, 320, 321, 322, 323, 324, 325, 326, 327, 328, 329, 330, 331, 332, 333, 334, 335, 336, 337, 338, 339, 340, 341, 342, 343, 344, 345, 346, 347, 348, 349, 350, 351, 352, 353, 354, 355, 356, 357, 358, 359, 360, 361, 362, 363, 364, 365, 366, 367, 368, 369, 370, 371, 372, 373, 374, 375, 376, 377, 378, 379, 380, 381, 382, 383, 384, 385, 386, 387, 388, 389, 390, 391, 392, 393, 394, 395, 396, 397, 398, 399, 400, 401, 402, 403, 404, 405, 406, 407, 408, 409, 410, 411, 412, 413, 414, 415, 416, 417, 418, 419, 420, 421, 422, 423, 424, 425, 426, 427, 428, 429, 430, 431, 432, 433, 434, 435, 436, 437, 438, 439, 440, 441, 442, 443, 444, 445, 446, 447, 448, 449, 450, 451, 452, 453, 454, 455, 456, 457, 458, 459, 460, 461, 462, 463, 464, 465, 466, 467, 468, 469, 470, 471, 472, 473, 474, 475, 476, 477, 478, 479, 480, 481, 482, 483, 484, 485, 486, 487, 488, 489, 490, 491, 492, 493, 494, 495, 496, 497, 498, 499, 500, 501, 502, 503, 504, 505, 506, 507, 508, 509, 510, 511, 512, 513, 514, 515, 516, 517, 518], "AcquisitionTime": ["072442.952500", "072511.952500", "072513.112500", "072514.272500", "072515.432500", "072516.592500", "072517.752500", "072518.912500", "072520.072500", "072521.232500", "072522.392500", "072523.552500", "072524.712500", "072525.872500", "072527.032500", "072528.192500", "072529.352500", "072530.512500", "072531.672500", "072532.832500", "072533.992500", "072535.152500", "072536.312500", "072537.472500", "072538.632500", "072539.792500", "072540.952500", "072542.112500", "072543.272500", "072544.432500", "072545.592500", "072546.752500", "072547.912500", "072549.072500", "072550.232500", "072551.392500", "072552.552500", "072553.712500", "072554.872500", "072556.032500", "072557.192500", "072558.352500", "072559.512500", "072600.672500", "072601.832500", "072602.992500", "072604.152500", "072605.312500", "072606.472500", "072607.632500", "072608.792500", "072609.952500", "072611.112500", "072612.272500", "072613.432500", "072614.592500", "072615.752500", "072616.912500", "072618.072500", "072619.232500", "072620.392500", "072621.552500", "072622.712500", "072623.872500", "072625.032500", "072626.192500", "072627.352500", "072628.512500", "072629.672500", "072630.832500", "072631.992500", "072633.152500", "072634.312500", "072635.472500", "072636.632500", "072637.792500", "072638.952500", "072640.112500", "072641.272500", "072642.432500", "072643.592500", "072644.752500", "072645.912500", "072647.072500", "072648.232500", "072649.392500", "072650.552500", "072651.712500", "072652.872500", "072654.032500", "072655.192500", "072656.352500", "072657.512500", "072658.672500", "072659.832500", "072700.992500", "072702.152500", "072703.312500", "072704.472500", "072705.632500", "072706.792500", "072707.952500", "072709.112500", "072710.272500", "072711.432500", "072712.592500", "072713.752500", "072714.912500", "072716.072500", "072717.232500", "072718.392500", "072719.552500", "072720.712500", "072721.872500", "072723.032500", "072724.192500", "072725.352500", "072726.512500", "072727.672500", "072728.832500", "072729.992500", "072731.152500", "072732.312500", "072733.472500", "072734.632500", "072735.792500", "072736.952500", "072738.112500", "072739.272500", "072740.432500", "072741.592500", "072742.752500", "072743.912500", "072745.072500", "072746.232500", "072747.392500", "072748.552500", "072749.712500", "072750.872500", "072752.032500", "072753.192500", "072754.352500", "072755.512500", "072756.672500", "072757.832500", "072758.992500", "072800.152500", "072801.312500", "072802.472500", "072803.632500", "072804.792500", "072805.952500", "072807.112500", "072808.272500", "072809.432500", "072810.592500", "072811.752500", "072812.912500", "072814.072500", "072815.232500", "072816.392500", "072817.552500", "072818.712500", "072819.872500", "072821.032500", "072822.192500", "072823.352500", "072824.512500", "072825.672500", "072826.832500", "072827.992500", "072829.152500", "072830.312500", "072831.472500", "072832.632500", "072833.792500", "072834.952500", "072836.112500", "072837.272500", "072838.432500", "072839.592500", "072840.752500", "072841.912500", "072843.072500", "072844.232500", "072845.392500", "072846.552500", "072847.712500", "072848.872500", "072850.032500", "072851.195000", "072852.355000", "072853.515000", "072854.675000", "072855.835000", "072856.995000", "072858.155000", "072859.315000", "072900.475000", "072901.635000", "072902.795000", "072903.955000", "072905.115000", "072906.275000", "072907.435000", "072908.595000", "072909.755000", "072910.915000", "072912.075000", "072913.235000", "072914.395000", "072915.555000", "072916.715000", "072917.875000", "072919.035000", "072920.195000", "072921.355000", "072922.515000", "072923.675000", "072924.835000", "072925.995000", "072927.155000", "072928.315000", "072929.475000", "072930.635000", "072931.795000", "072932.955000", "072934.115000", "072935.275000", "072936.435000", "072937.595000", "072938.755000", "072939.915000", "072941.075000", "072942.235000", "072943.395000", "072944.555000", "072945.715000", "072946.875000", "072948.035000", "072949.195000", "072950.355000", "072951.515000", "072952.675000", "072953.835000", "072954.995000", "072956.155000", "072957.315000", "072958.475000", "072959.635000", "073000.795000", "073001.955000", "073003.115000", "073004.275000", "073005.435000", "073006.595000", "073007.755000", "073008.915000", "073010.075000", "073011.235000", "073012.395000", "073013.555000", "073014.715000", "073015.875000", "073017.035000", "073018.195000", "073019.355000", "073020.515000", "073021.675000", "073022.835000", "073023.995000", "073025.155000", "073026.315000", "073027.475000", "073028.635000", "073029.795000", "073030.955000", "073032.115000", "073033.275000", "073034.435000", "073035.595000", "073036.755000", "073037.915000", "073039.075000", "073040.235000", "073041.395000", "073042.555000", "073043.715000", "073044.875000", "073046.035000", "073047.195000", "073048.355000", "073049.515000", "073050.675000", "073051.835000", "073052.995000", "073054.155000", "073055.315000", "073056.475000", "073057.635000", "073058.795000", "073059.955000", "073101.115000", "073102.275000", "073103.435000", "073104.595000", "073105.755000", "073106.915000", "073108.075000", "073109.235000", "073110.395000", "073111.555000", "073112.715000", "073113.875000", "073115.035000", "073116.195000", "073117.355000", "073118.515000", "073119.675000", "073120.835000", "073121.995000", "073123.155000", "073124.315000", "073125.475000", "073126.635000", "073127.795000", "073128.955000", "073130.115000", "073131.275000", "073132.435000", "073133.595000", "073134.755000", "073135.915000", "073137.075000", "073138.235000", "073139.395000", "073140.555000", "073141.715000", "073142.875000", "073144.035000", "073145.195000", "073146.355000", "073147.515000", "073148.675000", "073149.835000", "073150.995000", "073152.155000", "073153.315000", "073154.475000", "073155.635000", "073156.795000", "073157.955000", "073159.115000", "073200.275000", "073201.435000", "073202.595000", "073203.755000", "073204.915000", "073206.075000", "073207.235000", "073208.395000", "073209.555000", "073210.715000", "073211.875000", "073213.035000", "073214.195000", "073215.355000", "073216.515000", "073217.675000", "073218.835000", "073219.995000", "073221.155000", "073222.315000", "073223.475000", "073224.635000", "073225.795000", "073226.955000", "073228.115000", "073229.275000", "073230.435000", "073231.595000", "073232.755000", "073233.915000", "073235.075000", "073236.235000", "073237.395000", "073238.555000", "073239.715000", "073240.875000", "073242.035000", "073243.195000", "073244.355000", "073245.515000", "073246.675000", "073247.835000", "073248.995000", "073250.155000", "073251.315000", "073252.475000", "073253.635000", "073254.795000", "073255.955000", "073257.115000", "073258.275000", "073259.435000", "073300.595000", "073301.755000", "073302.915000", "073304.075000", "073305.235000", "073306.395000", "073307.555000", "073308.715000", "073309.875000", "073311.035000", "073312.195000", "073313.355000", "073314.515000", "073315.675000", "073316.835000", "073317.995000", "073319.155000", "073320.315000", "073321.475000", "073322.635000", "073323.795000", "073324.955000", "073326.115000", "073327.275000", "073328.435000", "073329.595000", "073330.755000", "073331.915000", "073333.075000", "073334.235000", "073335.395000", "073336.555000", "073337.715000", "073338.875000", "073340.035000", "073341.197500", "073342.357500", "073343.517500", "073344.677500", "073345.837500", "073346.997500", "073348.157500", "073349.317500", "073350.477500", "073351.637500", "073352.797500", "073353.957500", "073355.117500", "073356.277500", "073357.437500", "073358.597500", "073359.757500", "073400.917500", "073402.077500", "073403.237500", "073404.397500", "073405.557500", "073406.717500", "073407.877500", "073409.037500", "073410.197500", "073411.357500", "073412.517500", "073413.677500", "073414.837500", "073415.997500", "073417.157500", "073418.317500", "073419.477500", "073420.637500", "073421.797500", "073422.957500", "073424.117500", "073425.277500", "073426.437500", "073427.597500", "073428.757500", "073429.917500", "073431.077500", "073432.237500", "073433.397500", "073434.557500", "073435.717500", "073436.877500", "073438.037500", "073439.197500", "073440.357500", "073441.517500", "073442.677500", "073443.837500", "073444.997500", "073446.157500", "073447.317500", "073448.477500", "073449.637500", "073450.797500", "073451.957500", "073453.117500", "073454.277500", "073455.437500", "073456.597500", "073457.757500", "073458.917500", "073500.077500", "073501.237500", "073502.397500", "073503.557500", "073504.717500", "073505.877500", "073507.037500", "073508.197500", "073509.357500", "073510.517500"], "ContentTime": ["072521.968000", "072528.406000", "072528.406000", "072528.421000", "072528.421000", "072528.421000", "072533.406000", "072533.406000", "072533.406000", "072533.421000", "072538.406000", "072538.406000", "072538.421000", "072538.421000", "072543.406000", "072543.406000", "072543.406000", "072548.406000", "072548.406000", "072548.406000", "072548.421000", "072553.406000", "072553.406000", "072553.406000", "072553.421000", "072558.406000", "072558.406000", "072558.406000", "072603.406000", "072603.406000", "072603.406000", "072603.421000", "072608.406000", "072608.406000", "072608.421000", "072608.421000", "072613.406000", "072613.406000", "072613.406000", "072613.453000", "072618.406000", "072618.406000", "072618.406000", "072618.421000", "072623.406000", "072623.406000", "072623.421000", "072628.406000", "072628.406000", "072628.406000", "072628.421000", "072633.406000", "072633.421000", "072633.421000", "072633.421000", "072638.406000", "072638.406000", "072638.421000", "072643.406000", "072643.406000", "072643.406000", "072643.421000", "072648.406000", "072648.406000", "072648.406000", "072648.421000", "072653.406000", "072653.406000", "072653.406000", "072653.421000", "072658.406000", "072658.406000", "072658.406000", "072658.421000", "072703.406000", "072703.406000", "072703.406000", "072708.406000", "072708.406000", "072708.406000", "072708.421000", "072713.406000", "072713.406000", "072713.406000", "072713.421000", "072718.406000", "072718.421000", "072718.421000", "072718.421000", "072723.406000", "072723.406000", "072723.406000", "072723.421000", "072728.406000", "072728.406000", "072728.406000", "072728.421000", "072733.421000", "072733.421000", "072733.421000", "072738.406000", "072738.406000", "072738.406000", "072738.421000", "072743.406000", "072743.406000", "072743.406000", "072743.421000", "072748.406000", "072748.406000", "072748.406000", "072753.406000", "072753.406000", "072753.421000", "072753.421000", "072758.406000", "072758.406000", "072758.406000", "072758.421000", "072803.406000", "072803.406000", "072803.406000", "072803.421000", "072808.406000", "072808.406000", "072808.406000", "072808.421000", "072813.406000", "072813.406000", "072813.406000", "072813.421000", "072818.406000", "072818.406000", "072818.406000", "072818.421000", "072823.406000", "072823.406000", "072823.406000", "072823.421000", "072828.406000", "072828.406000", "072828.406000", "072833.406000", "072833.406000", "072833.406000", "072833.421000", "072838.406000", "072838.406000", "072838.406000", "072838.421000", "072843.406000", "072843.406000", "072843.406000", "072843.421000", "072848.406000", "072848.406000", "072848.421000", "072853.406000", "072853.406000", "072853.421000", "072853.421000", "072853.421000", "072858.406000", "072858.406000", "072858.406000", "072903.406000", "072903.406000", "072903.406000", "072903.421000", "072908.406000", "072908.406000", "072908.421000", "072908.421000", "072913.406000", "072913.406000", "072913.406000", "072918.406000", "072918.406000", "072918.406000", "072918.421000", "072923.406000", "072923.406000", "072923.406000", "072923.421000", "072928.406000", "072928.406000", "072928.406000", "072933.406000", "072933.406000", "072933.421000", "072933.421000", "072938.406000", "072938.406000", "072938.406000", "072938.421000", "072943.406000", "072943.406000", "072943.406000", "072943.421000", "072948.406000", "072948.406000", "072948.406000", "072953.406000", "072953.406000", "072953.406000", "072953.421000", "072958.406000", "072958.406000", "072958.421000", "072958.421000", "073003.406000", "073003.406000", "073003.421000", "073008.406000", "073008.406000", "073008.406000", "073008.421000", "073008.421000", "073013.406000", "073013.406000", "073013.406000", "073018.406000", "073018.406000", "073018.437000", "073018.437000", "073023.406000", "073023.406000", "073023.406000", "073023.421000", "073028.406000", "073028.406000", "073028.421000", "073033.406000", "073033.406000", "073033.406000", "073033.421000", "073038.406000", "073038.406000", "073038.406000", "073038.421000", "073043.406000", "073043.406000", "073043.406000", "073043.421000", "073048.406000", "073048.406000", "073048.406000", "073048.421000", "073053.406000", "073053.406000", "073053.406000", "073053.421000", "073058.406000", "073058.421000", "073058.421000", "073103.406000", "073103.406000", "073103.406000", "073103.421000", "073108.406000", "073108.406000", "073108.406000", "073108.421000", "073113.406000", "073113.406000", "073113.406000", "073113.421000", "073118.406000", "073118.406000", "073118.406000", "073118.421000", "073123.406000", "073123.406000", "073123.406000", "073123.421000", "073128.406000", "073128.406000", "073128.406000", "073133.406000", "073133.406000", "073133.406000", "073133.421000", "073138.406000", "073138.406000", "073138.406000", "073138.421000", "073143.406000", "073143.406000", "073143.406000", "073148.406000", "073148.406000", "073148.406000", "073148.421000", "073153.406000", "073153.406000", "073153.421000", "073158.406000", "073158.406000", "073158.406000", "073158.421000", "073203.406000", "073203.406000", "073203.421000", "073203.421000", "073208.406000", "073208.406000", "073208.406000", "073208.421000", "073213.406000", "073213.421000", "073213.421000", "073218.406000", "073218.406000", "073218.406000", "073218.421000", "073223.406000", "073223.406000", "073223.406000", "073223.421000", "073228.406000", "073228.406000", "073228.406000", "073228.421000", "073233.406000", "073233.406000", "073233.406000", "073238.406000", "073238.406000", "073238.406000", "073243.406000", "073243.421000", "073243.421000", "073243.421000", "073248.406000", "073248.406000", "073248.406000", "073248.421000", "073248.421000", "073253.406000", "073253.406000", "073253.406000", "073258.406000", "073258.406000", "073258.406000", "073258.421000", "073303.406000", "073303.406000", "073303.406000", "073303.421000", "073308.406000", "073308.406000", "073308.406000", "073308.421000", "073313.406000", "073313.406000", "073313.421000", "073313.421000", "073318.406000", "073318.406000", "073318.406000", "073318.421000", "073323.406000", "073323.406000", "073323.406000", "073323.421000", "073328.406000", "073328.406000", "073328.406000", "073328.421000", "073333.406000", "073333.406000", "073333.406000", "073338.406000", "073338.406000", "073338.406000", "073338.421000", "073343.406000", "073343.406000", "073343.421000", "073343.421000", "073348.406000", "073348.406000", "073348.406000", "073348.421000", "073353.406000", "073353.406000", "073353.406000", "073403.406000", "073403.406000", "073403.406000", "073403.421000", "073403.421000", "073403.421000", "073403.421000", "073403.421000", "073408.406000", "073408.406000", "073408.406000", "073408.421000", "073413.406000", "073413.406000", "073413.406000", "073413.421000", "073418.406000", "073418.406000", "073418.406000", "073418.421000", "073423.406000", "073423.406000", "073423.406000", "073428.406000", "073428.406000", "073428.406000", "073428.421000", "073433.406000", "073433.406000", "073433.406000", "073433.421000", "073438.406000", "073438.406000", "073438.406000", "073443.406000", "073443.421000", "073443.421000", "073443.421000", "073448.406000", "073448.406000", "073448.406000", "073448.421000", "073453.406000", "073453.406000", "073453.406000", "073453.421000", "073458.406000", "073458.406000", "073458.406000", "073503.406000", "073503.406000", "073503.406000", "073503.421000", "073508.406000", "073508.406000", "073508.406000", "073513.406000", "073513.406000", "073513.421000", "073513.421000", "073513.421000", "073518.406000", "073518.421000", "073518.421000", "073518.421000", "073523.406000", "073523.406000", "073523.406000", "073528.406000", "073528.406000", "073528.406000", "073528.421000", "073533.406000", "073533.406000", "073533.421000", "073533.421000", "073538.406000", "073538.406000", "073538.406000", "073538.421000", "073538.421000", "073543.406000", "073543.406000", "073543.406000", "073548.406000", "073548.406000", "073548.406000", "073548.421000", "073553.406000", "073553.406000", "073553.406000", "073553.421000", "073558.406000", "073558.406000", "073558.421000", "073558.421000", "073603.406000", "073603.406000", "073603.406000", "073603.421000", "073608.406000", "073608.406000", "073608.406000", "073608.421000", "073613.406000", "073613.406000", "073613.421000", "073613.437000", "073618.406000", "073618.406000", "073618.406000", "073618.421000", "073623.406000", "073623.406000", "073623.406000", "073623.421000", "073628.406000", "073628.406000", "073628.406000", "073628.421000", "073628.421000", "073633.406000", "073633.406000", "073633.421000", "073633.421000", "073638.406000", "073638.406000", "073638.406000", "073638.421000", "073640.375000", "073640.390000"], "InstanceCreationTime": ["072521.968000", "072528.406000", "072528.406000", "072528.421000", "072528.421000", "072528.421000", "072533.406000", "072533.406000", "072533.406000", "072533.421000", "072538.406000", "072538.406000", "072538.421000", "072538.421000", "072543.406000", "072543.406000", "072543.406000", "072548.406000", "072548.406000", "072548.406000", "072548.421000", "072553.406000", "072553.406000", "072553.406000", "072553.421000", "072558.406000", "072558.406000", "072558.406000", "072603.406000", "072603.406000", "072603.406000", "072603.421000", "072608.406000", "072608.406000", "072608.421000", "072608.421000", "072613.406000", "072613.406000", "072613.406000", "072613.453000", "072618.406000", "072618.406000", "072618.406000", "072618.421000", "072623.406000", "072623.406000", "072623.421000", "072628.406000", "072628.406000", "072628.406000", "072628.421000", "072633.406000", "072633.421000", "072633.421000", "072633.421000", "072638.406000", "072638.406000", "072638.421000", "072643.406000", "072643.406000", "072643.406000", "072643.421000", "072648.406000", "072648.406000", "072648.406000", "072648.421000", "072653.406000", "072653.406000", "072653.406000", "072653.421000", "072658.406000", "072658.406000", "072658.406000", "072658.421000", "072703.406000", "072703.406000", "072703.406000", "072708.406000", "072708.406000", "072708.406000", "072708.421000", "072713.406000", "072713.406000", "072713.406000", "072713.421000", "072718.406000", "072718.421000", "072718.421000", "072718.421000", "072723.406000", "072723.406000", "072723.406000", "072723.421000", "072728.406000", "072728.406000", "072728.406000", "072728.421000", "072733.421000", "072733.421000", "072733.421000", "072738.406000", "072738.406000", "072738.406000", "072738.421000", "072743.406000", "072743.406000", "072743.406000", "072743.421000", "072748.406000", "072748.406000", "072748.406000", "072753.406000", "072753.406000", "072753.421000", "072753.421000", "072758.406000", "072758.406000", "072758.406000", "072758.421000", "072803.406000", "072803.406000", "072803.406000", "072803.421000", "072808.406000", "072808.406000", "072808.406000", "072808.421000", "072813.406000", "072813.406000", "072813.406000", "072813.421000", "072818.406000", "072818.406000", "072818.406000", "072818.421000", "072823.406000", "072823.406000", "072823.406000", "072823.421000", "072828.406000", "072828.406000", "072828.406000", "072833.406000", "072833.406000", "072833.406000", "072833.421000", "072838.406000", "072838.406000", "072838.406000", "072838.421000", "072843.406000", "072843.406000", "072843.406000", "072843.421000", "072848.406000", "072848.406000", "072848.421000", "072853.406000", "072853.406000", "072853.421000", "072853.421000", "072853.421000", "072858.406000", "072858.406000", "072858.406000", "072903.406000", "072903.406000", "072903.406000", "072903.421000", "072908.406000", "072908.406000", "072908.421000", "072908.421000", "072913.406000", "072913.406000", "072913.406000", "072918.406000", "072918.406000", "072918.406000", "072918.421000", "072923.406000", "072923.406000", "072923.406000", "072923.421000", "072928.406000", "072928.406000", "072928.406000", "072933.406000", "072933.406000", "072933.421000", "072933.421000", "072938.406000", "072938.406000", "072938.406000", "072938.421000", "072943.406000", "072943.406000", "072943.406000", "072943.421000", "072948.406000", "072948.406000", "072948.406000", "072953.406000", "072953.406000", "072953.406000", "072953.421000", "072958.406000", "072958.406000", "072958.421000", "072958.421000", "073003.406000", "073003.406000", "073003.421000", "073008.406000", "073008.406000", "073008.406000", "073008.421000", "073008.421000", "073013.406000", "073013.406000", "073013.406000", "073018.406000", "073018.406000", "073018.437000", "073018.437000", "073023.406000", "073023.406000", "073023.406000", "073023.421000", "073028.406000", "073028.406000", "073028.421000", "073033.406000", "073033.406000", "073033.406000", "073033.421000", "073038.406000", "073038.406000", "073038.406000", "073038.421000", "073043.406000", "073043.406000", "073043.406000", "073043.421000", "073048.406000", "073048.406000", "073048.406000", "073048.421000", "073053.406000", "073053.406000", "073053.406000", "073053.421000", "073058.406000", "073058.421000", "073058.421000", "073103.406000", "073103.406000", "073103.406000", "073103.421000", "073108.406000", "073108.406000", "073108.406000", "073108.421000", "073113.406000", "073113.406000", "073113.406000", "073113.421000", "073118.406000", "073118.406000", "073118.406000", "073118.421000", "073123.406000", "073123.406000", "073123.406000", "073123.421000", "073128.406000", "073128.406000", "073128.406000", "073133.406000", "073133.406000", "073133.406000", "073133.421000", "073138.406000", "073138.406000", "073138.406000", "073138.421000", "073143.406000", "073143.406000", "073143.406000", "073148.406000", "073148.406000", "073148.406000", "073148.421000", "073153.406000", "073153.406000", "073153.421000", "073158.406000", "073158.406000", "073158.406000", "073158.421000", "073203.406000", "073203.406000", "073203.421000", "073203.421000", "073208.406000", "073208.406000", "073208.406000", "073208.421000", "073213.406000", "073213.421000", "073213.421000", "073218.406000", "073218.406000", "073218.406000", "073218.421000", "073223.406000", "073223.406000", "073223.406000", "073223.421000", "073228.406000", "073228.406000", "073228.406000", "073228.421000", "073233.406000", "073233.406000", "073233.406000", "073238.406000", "073238.406000", "073238.406000", "073243.406000", "073243.421000", "073243.421000", "073243.421000", "073248.406000", "073248.406000", "073248.406000", "073248.421000", "073248.421000", "073253.406000", "073253.406000", "073253.406000", "073258.406000", "073258.406000", "073258.406000", "073258.421000", "073303.406000", "073303.406000", "073303.406000", "073303.421000", "073308.406000", "073308.406000", "073308.406000", "073308.421000", "073313.406000", "073313.406000", "073313.421000", "073313.421000", "073318.406000", "073318.406000", "073318.406000", "073318.421000", "073323.406000", "073323.406000", "073323.406000", "073323.421000", "073328.406000", "073328.406000", "073328.406000", "073328.421000", "073333.406000", "073333.406000", "073333.406000", "073338.406000", "073338.406000", "073338.406000", "073338.421000", "073343.406000", "073343.406000", "073343.421000", "073343.421000", "073348.406000", "073348.406000", "073348.406000", "073348.421000", "073353.406000", "073353.406000", "073353.406000", "073403.406000", "073403.406000", "073403.406000", "073403.421000", "073403.421000", "073403.421000", "073403.421000", "073403.421000", "073408.406000", "073408.406000", "073408.406000", "073408.421000", "073413.406000", "073413.406000", "073413.406000", "073413.421000", "073418.406000", "073418.406000", "073418.406000", "073418.421000", "073423.406000", "073423.406000", "073423.406000", "073428.406000", "073428.406000", "073428.406000", "073428.421000", "073433.406000", "073433.406000", "073433.406000", "073433.421000", "073438.406000", "073438.406000", "073438.406000", "073443.406000", "073443.421000", "073443.421000", "073443.421000", "073448.406000", "073448.406000", "073448.406000", "073448.421000", "073453.406000", "073453.406000", "073453.406000", "073453.421000", "073458.406000", "073458.406000", "073458.406000", "073503.406000", "073503.406000", "073503.406000", "073503.421000", "073508.406000", "073508.406000", "073508.406000", "073513.406000", "073513.406000", "073513.421000", "073513.421000", "073513.421000", "073518.406000", "073518.421000", "073518.421000", "073518.421000", "073523.406000", "073523.406000", "073523.406000", "073528.406000", "073528.406000", "073528.406000", "073528.421000", "073533.406000", "073533.406000", "073533.421000", "073533.421000", "073538.406000", "073538.406000", "073538.406000", "073538.421000", "073538.421000", "073543.406000", "073543.406000", "073543.406000", "073548.406000", "073548.406000", "073548.406000", "073548.421000", "073553.406000", "073553.406000", "073553.406000", "073553.421000", "073558.406000", "073558.406000", "073558.421000", "073558.421000", "073603.406000", "073603.406000", "073603.406000", "073603.421000", "073608.406000", "073608.406000", "073608.406000", "073608.421000", "073613.406000", "073613.406000", "073613.421000", "073613.437000", "073618.406000", "073618.406000", "073618.406000", "073618.421000", "073623.406000", "073623.406000", "073623.406000", "073623.421000", "073628.406000", "073628.406000", "073628.406000", "073628.421000", "073628.421000", "073633.406000", "073633.406000", "073633.421000", "073633.421000", "073638.406000", "073638.406000", "073638.406000", "073638.421000", "073640.375000", "073640.390000"], "InstanceNumber": [1, 2, 3, 4, 5, 6, 7, 8, 9, 10, 11, 12, 13, 14, 15, 16, 17, 18, 19, 20, 21, 22, 23, 24, 25, 26, 27, 28, 29, 30, 31, 32, 33, 34, 35, 36, 37, 38, 39, 40, 41, 42, 43, 44, 45, 46, 47, 48, 49, 50, 51, 52, 53, 54, 55, 56, 57, 58, 59, 60, 61, 62, 63, 64, 65, 66, 67, 68, 69, 70, 71, 72, 73, 74, 75, 76, 77, 78, 79, 80, 81, 82, 83, 84, 85, 86, 87, 88, 89, 90, 91, 92, 93, 94, 95, 96, 97, 98, 99, 100, 101, 102, 103, 104, 105, 106, 107, 108, 109, 110, 111, 112, 113, 114, 115, 116, 117, 118, 119, 120, 121, 122, 123, 124, 125, 126, 127, 128, 129, 130, 131, 132, 133, 134, 135, 136, 137, 138, 139, 140, 141, 142, 143, 144, 145, 146, 147, 148, 149, 150, 151, 152, 153, 154, 155, 156, 157, 158, 159, 160, 161, 162, 163, 164, 165, 166, 167, 168, 169, 170, 171, 172, 173, 174, 175, 176, 177, 178, 179, 180, 181, 182, 183, 184, 185, 186, 187, 188, 189, 190, 191, 192, 193, 194, 195, 196, 197, 198, 199, 200, 201, 202, 203, 204, 205, 206, 207, 208, 209, 210, 211, 212, 213, 214, 215, 216, 217, 218, 219, 220, 221, 222, 223, 224, 225, 226, 227, 228, 229, 230, 231, 232, 233, 234, 235, 236, 237, 238, 239, 240, 241, 242, 243, 244, 245, 246, 247, 248, 249, 250, 251, 252, 253, 254, 255, 256, 257, 258, 259, 260, 261, 262, 263, 264, 265, 266, 267, 268, 269, 270, 271, 272, 273, 274, 275, 276, 277, 278, 279, 280, 281, 282, 283, 284, 285, 286, 287, 288, 289, 290, 291, 292, 293, 294, 295, 296, 297, 298, 299, 300, 301, 302, 303, 304, 305, 306, 307, 308, 309, 310, 311, 312, 313, 314, 315, 316, 317, 318, 319, 320, 321, 322, 323, 324, 325, 326, 327, 328, 329, 330, 331, 332, 333, 334, 335, 336, 337, 338, 339, 340, 341, 342, 343, 344, 345, 346, 347, 348, 349, 350, 351, 352, 353, 354, 355, 356, 357, 358, 359, 360, 361, 362, 363, 364, 365, 366, 367, 368, 369, 370, 371, 372, 373, 374, 375, 376, 377, 378, 379, 380, 381, 382, 383, 384, 385, 386, 387, 388, 389, 390, 391, 392, 393, 394, 395, 396, 397, 398, 399, 400, 401, 402, 403, 404, 405, 406, 407, 408, 409, 410, 411, 412, 413, 414, 415, 416, 417, 418, 419, 420, 421, 422, 423, 424, 425, 426, 427, 428, 429, 430, 431, 432, 433, 434, 435, 436, 437, 438, 439, 440, 441, 442, 443, 444, 445, 446, 447, 448, 449, 450, 451, 452, 453, 454, 455, 456, 457, 458, 459, 460, 461, 462, 463, 464, 465, 466, 467, 468, 469, 470, 471, 472, 473, 474, 475, 476, 477, 478, 479, 480, 481, 482, 483, 484, 485, 486, 487, 488, 489, 490, 491, 492, 493, 494, 495, 496, 497, 498, 499, 500, 501, 502, 503, 504, 505, 506, 507, 508, 509, 510, 511, 512, 513, 514, 515, 516, 517, 518], "LargestImagePixelValue": [23142, 25220, 24249, 23603, 22364, 24577, 22608, 25917, 22451, 22279, 24680, 24204, 23981, 22478, 24448, 24185, 24111, 25063, 25137, 23413, 23842, 25222, 22799, 23746, 26459, 22622, 22595, 24549, 25405, 22231, 22842, 22276, 22743, 24523, 24161, 24663, 24738, 25382, 24958, 24152, 22693, 25087, 23221, 24383, 23749, 25253, 22576, 25403, 26486, 25725, 23012, 22392, 25046, 23145, 24116, 23978, 24792, 26484, 23658, 25229, 23621, 25572, 23364, 23308, 25566, 24768, 22164, 23081, 25630, 22383, 23008, 22978, 25627, 22570, 23047, 26023, 22404, 22205, 23679, 26819, 23188, 25378, 25238, 25384, 22513, 23119, 22345, 24385, 23821, 24033, 23134, 25207, 24725, 23567, 23531, 23366, 24040, 23479, 26240, 23700, 26199, 25608, 24012, 26363, 23821, 25811, 23230, 22790, 22527, 26167, 26118, 22692, 26212, 24001, 25474, 26819, 22627, 23300, 24812, 24795, 24397, 22295, 24048, 22780, 24324, 24763, 22705, 24589, 23449, 23519, 23785, 23500, 24836, 23936, 25885, 24130, 22279, 22818, 22687, 24502, 22477, 22403, 25295, 24661, 22689, 24766, 24329, 24469, 22300, 22416, 22528, 25109, 22499, 22963, 22340, 24102, 27593, 23471, 24149, 25123, 26104, 28038, 23677, 22993, 26889, 26104, 24095, 22955, 26382, 24094, 22548, 24753, 23144, 24040, 22293, 24317, 24226, 26293, 25495, 24508, 24371, 23763, 24229, 25081, 22467, 22625, 22826, 25429, 26014, 25498, 22629, 23362, 22405, 23395, 23762, 22202, 22084, 22924, 22468, 23333, 22671, 24848, 24062, 22374, 24304, 23416, 24249, 22130, 23483, 22829, 25297, 22451, 22694, 22217, 24603, 24869, 23464, 22741, 24557, 23362, 24715, 24264, 23174, 24001, 22566, 22215, 24623, 24340, 22296, 23077, 23923, 24256, 22541, 22204, 24083, 24285, 22330, 23243, 23581, 22910, 23256, 23016, 24725, 22955, 24724, 23146, 23339, 23256, 23778, 25536, 23483, 22326, 23999, 23988, 23378, 24442, 23965, 23365, 23565, 24591, 24671, 22031, 24815, 22217, 24391, 22050, 22135, 22341, 24387, 22109, 23034, 22265, 22152, 24916, 23074, 22303, 23964, 25188, 26677, 27582, 24272, 24048, 25200, 24864, 22408, 22301, 22488, 23514, 22392, 24028, 22566, 22534, 22360, 22309, 23998, 23981, 22378, 22256, 22704, 24382, 23845, 22368, 22448, 22454, 25984, 26379, 23223, 22385, 24087, 24779, 23946, 23976, 24456, 24699, 22465, 22555, 23154, 22595, 23700, 24226, 22430, 23727, 22544, 22519, 23109, 24372, 26709, 23296, 22964, 24619, 23156, 23645, 24406, 27359, 26576, 25077, 23306, 24301, 26144, 25872, 27027, 24665, 24951, 24358, 26877, 24874, 23911, 22614, 26965, 25498, 25110, 26122, 26136, 23300, 25228, 24394, 22704, 22541, 22522, 22408, 22594, 23132, 23434, 22429, 22389, 22654, 22692, 22346, 22658, 22671, 24727, 23978, 24325, 24775, 23550, 25473, 22485, 25103, 22592, 24625, 22477, 22653, 22695, 23989, 22573, 22777, 22506, 22477, 22432, 22447, 23795, 22714, 23128, 22984, 23737, 22621, 22714, 22489, 22594, 23741, 23114, 22248, 22736, 22527, 25135, 24342, 22715, 23218, 22625, 22542, 23678, 22478, 22398, 22727, 22609, 22659, 24502, 22729, 24632, 24857, 23020, 24070, 24484, 23120, 22668, 23539, 22373, 22946, 22652, 24896, 23399, 25156, 25136, 22364, 22120, 22345, 22355, 23147, 22419, 24894, 25623, 23328, 24362, 23691, 23645, 22195, 22568, 22960, 24222, 23596, 22839, 25855, 24412, 22440, 25761, 23290, 22207, 23036, 22117, 22449, 24364, 22609, 25018, 28083, 22834, 25979, 25219, 24983, 29032, 25800, 24369, 23171, 23118, 23371, 28071, 27010, 22606, 24470, 22971, 22422, 22380, 22865, 22690, 22381, 22531, 22891, 22776, 22396, 23135, 22453, 22585, 22472, 25572, 22523, 22590, 22565, 23443, 25770, 24435, 23230, 24236, 22818, 22550, 22568, 24540, 22655, 22353, 22400, 22215, 24384, 22679, 22481, 22727, 25181, 23300, 25249, 23316, 24661], "WindowCenter": [9096.0, 9111.0, 9111.0, 9103.0, 9101.0, 9085.0, 9072.0, 9084.0, 9084.0, 9097.0, 9097.0, 9101.0, 9107.0, 9101.0, 9106.0, 9095.0, 9110.0, 9121.0, 9116.0, 9114.0, 9085.0, 9099.0, 9096.0, 9087.0, 9133.0, 9097.0, 9073.0, 9099.0, 9080.0, 9082.0, 9070.0, 9105.0, 9124.0, 9131.0, 9113.0, 9112.0, 9081.0, 9111.0, 9107.0, 9094.0, 9078.0, 9113.0, 9069.0, 9092.0, 9096.0, 9135.0, 9111.0, 9093.0, 9097.0, 9091.0, 9107.0, 9086.0, 9100.0, 9085.0, 9111.0, 9103.0, 9130.0, 9118.0, 9085.0, 9110.0, 9101.0, 9102.0, 9109.0, 9099.0, 9112.0, 9102.0, 9090.0, 9069.0, 9095.0, 9072.0, 9094.0, 9062.0, 9107.0, 9084.0, 9097.0, 9097.0, 9087.0, 9054.0, 9092.0, 9118.0, 9081.0, 9111.0, 9104.0, 9092.0, 9086.0, 9070.0, 9054.0, 9100.0, 9099.0, 9107.0, 9098.0, 9089.0, 9103.0, 9084.0, 9100.0, 9107.0, 9118.0, 9096.0, 9104.0, 9085.0, 9119.0, 9095.0, 9088.0, 9086.0, 9078.0, 9126.0, 9096.0, 9094.0, 9109.0, 9134.0, 9137.0, 9110.0, 9102.0, 9084.0, 9105.0, 9106.0, 9099.0, 9099.0, 9097.0, 9110.0, 9102.0, 9048.0, 9090.0, 9084.0, 9074.0, 9080.0, 9086.0, 9094.0, 9102.0, 9098.0, 9109.0, 9104.0, 9109.0, 9110.0, 9100.0, 9097.0, 9060.0, 9080.0, 9068.0, 9074.0, 9066.0, 9089.0, 9101.0, 9104.0, 9088.0, 9099.0, 9096.0, 9089.0, 9067.0, 9064.0, 9046.0, 9097.0, 9078.0, 9096.0, 9088.0, 9098.0, 9132.0, 9113.0, 9115.0, 9117.0, 9116.0, 9138.0, 9108.0, 9115.0, 9112.0, 9125.0, 9099.0, 9104.0, 9116.0, 9107.0, 9077.0, 9072.0, 9081.0, 9096.0, 9100.0, 9112.0, 9086.0, 9119.0, 9105.0, 9114.0, 9108.0, 9100.0, 9108.0, 9088.0, 9084.0, 9103.0, 9084.0, 9103.0, 9106.0, 9093.0, 9082.0, 9078.0, 9070.0, 9060.0, 9058.0, 9030.0, 9049.0, 9078.0, 9075.0, 9075.0, 9084.0, 9089.0, 9070.0, 9060.0, 9067.0, 9078.0, 9073.0, 9063.0, 9051.0, 9056.0, 9093.0, 9067.0, 9059.0, 9059.0, 9088.0, 9094.0, 9106.0, 9098.0, 9120.0, 9095.0, 9078.0, 9090.0, 9054.0, 9081.0, 9060.0, 9074.0, 9061.0, 9080.0, 9061.0, 9083.0, 9098.0, 9094.0, 9071.0, 9081.0, 9087.0, 9066.0, 9047.0, 9048.0, 9093.0, 9093.0, 9097.0, 9091.0, 9094.0, 9099.0, 9105.0, 9098.0, 9105.0, 9078.0, 9101.0, 9100.0, 9079.0, 9086.0, 9091.0, 9067.0, 9077.0, 9098.0, 9099.0, 9064.0, 9086.0, 9077.0, 9090.0, 9067.0, 9093.0, 9073.0, 9062.0, 9050.0, 9047.0, 9041.0, 9055.0, 9066.0, 9076.0, 9060.0, 9073.0, 9110.0, 9110.0, 9067.0, 9114.0, 9106.0, 9127.0, 9110.0, 9107.0, 9116.0, 9119.0, 9112.0, 9074.0, 9067.0, 9060.0, 9053.0, 9047.0, 9073.0, 9054.0, 9060.0, 9041.0, 9042.0, 9033.0, 9066.0, 9060.0, 9036.0, 9074.0, 9084.0, 9047.0, 9057.0, 9065.0, 9073.0, 9105.0, 9123.0, 9103.0, 9067.0, 9095.0, 9063.0, 9099.0, 9074.0, 9096.0, 9066.0, 9031.0, 9046.0, 9073.0, 9076.0, 9061.0, 9086.0, 9094.0, 9097.0, 9096.0, 9104.0, 9113.0, 9105.0, 9124.0, 9099.0, 9106.0, 9106.0, 9092.0, 9088.0, 9100.0, 9099.0, 9115.0, 9073.0, 9089.0, 9103.0, 9094.0, 9111.0, 9103.0, 9109.0, 9101.0, 9105.0, 9097.0, 9090.0, 9080.0, 9068.0, 9095.0, 9109.0, 9116.0, 9114.0, 9116.0, 9084.0, 9085.0, 9079.0, 9069.0, 9055.0, 9056.0, 9072.0, 9042.0, 9048.0, 9037.0, 9042.0, 9054.0, 9054.0, 9051.0, 9076.0, 9052.0, 9095.0, 9117.0, 9120.0, 9090.0, 9104.0, 9106.0, 9107.0, 9052.0, 9080.0, 9046.0, 9063.0, 9049.0, 9073.0, 9068.0, 9050.0, 9039.0, 9062.0, 9055.0, 9050.0, 9048.0, 9043.0, 9081.0, 9052.0, 9076.0, 9059.0, 9064.0, 9052.0, 9046.0, 9041.0, 9057.0, 9078.0, 9050.0, 9056.0, 9057.0, 9087.0, 9094.0, 9113.0, 9079.0, 9101.0, 9083.0, 9078.0, 9091.0, 9089.0, 9074.0, 9106.0, 9070.0, 9110.0, 9100.0, 9101.0, 9110.0, 9091.0, 9086.0, 9096.0, 9091.0, 9085.0, 9095.0, 9058.0, 9083.0, 9110.0, 9105.0, 9102.0, 9090.0, 9087.0, 9076.0, 9084.0, 9072.0, 9056.0, 9075.0, 9068.0, 9083.0, 9109.0, 9114.0, 9077.0, 9099.0, 9085.0, 9078.0, 9074.0, 9076.0, 9071.0, 9108.0, 9104.0, 9079.0, 9083.0, 9087.0, 9042.0, 9090.0, 9058.0, 9029.0, 9048.0, 9045.0, 9073.0, 9087.0, 9084.0, 9076.0, 9115.0, 9079.0, 9115.0, 9108.0, 9080.0, 9125.0, 9134.0, 9121.0, 9090.0, 9107.0, 9092.0, 9093.0, 9082.0, 9032.0, 9057.0, 9031.0, 9059.0, 9038.0, 9017.0, 9030.0, 9043.0, 9023.0, 9031.0, 9052.0, 9031.0, 9043.0, 9037.0, 9054.0, 9064.0, 9094.0, 9070.0, 9077.0, 9074.0, 9071.0, 9101.0, 9100.0, 9103.0, 9074.0, 9073.0, 9056.0, 9086.0, 9083.0, 9077.0, 9068.0, 9082.0, 9042.0, 9081.0, 9073.0, 9082.0, 9075.0, 9087.0, 9070.0, 9097.0, 9114.0, 9104.0], "WindowWidth": [19221.0, 19243.0, 19248.0, 19229.0, 19224.0, 19189.0, 19167.0, 19182.0, 19190.0, 19214.0, 19213.0, 19226.0, 19239.0, 19226.0, 19229.0, 19209.0, 19237.0, 19261.0, 19250.0, 19247.0, 19192.0, 19217.0, 19215.0, 19197.0, 19286.0, 19216.0, 19167.0, 19211.0, 19173.0, 19182.0, 19160.0, 19233.0, 19279.0, 19284.0, 19247.0, 19242.0, 19181.0, 19241.0, 19230.0, 19205.0, 19177.0, 19242.0, 19162.0, 19205.0, 19223.0, 19292.0, 19244.0, 19205.0, 19209.0, 19196.0, 19237.0, 19194.0, 19215.0, 19193.0, 19242.0, 19228.0, 19284.0, 19252.0, 19191.0, 19235.0, 19219.0, 19220.0, 19238.0, 19221.0, 19238.0, 19221.0, 19199.0, 19156.0, 19208.0, 19165.0, 19203.0, 19145.0, 19226.0, 19190.0, 19216.0, 19209.0, 19197.0, 19132.0, 19199.0, 19245.0, 19186.0, 19239.0, 19222.0, 19197.0, 19189.0, 19156.0, 19128.0, 19213.0, 19215.0, 19240.0, 19219.0, 19192.0, 19222.0, 19189.0, 19221.0, 19243.0, 19258.0, 19215.0, 19227.0, 19196.0, 19256.0, 19208.0, 19196.0, 19186.0, 19179.0, 19269.0, 19214.0, 19213.0, 19243.0, 19285.0, 19296.0, 19243.0, 19219.0, 19187.0, 19223.0, 19223.0, 19221.0, 19221.0, 19211.0, 19236.0, 19218.0, 19116.0, 19197.0, 19182.0, 19159.0, 19169.0, 19186.0, 19202.0, 19226.0, 19218.0, 19238.0, 19228.0, 19232.0, 19238.0, 19211.0, 19206.0, 19138.0, 19173.0, 19153.0, 19166.0, 19152.0, 19196.0, 19216.0, 19221.0, 19192.0, 19212.0, 19206.0, 19190.0, 19148.0, 19143.0, 19108.0, 19210.0, 19173.0, 19208.0, 19195.0, 19216.0, 19282.0, 19247.0, 19248.0, 19250.0, 19245.0, 19287.0, 19243.0, 19252.0, 19240.0, 19266.0, 19219.0, 19231.0, 19245.0, 19229.0, 19173.0, 19159.0, 19183.0, 19211.0, 19220.0, 19244.0, 19193.0, 19254.0, 19228.0, 19245.0, 19232.0, 19216.0, 19230.0, 19195.0, 19190.0, 19226.0, 19192.0, 19220.0, 19222.0, 19196.0, 19180.0, 19167.0, 19151.0, 19130.0, 19124.0, 19074.0, 19112.0, 19171.0, 19171.0, 19167.0, 19182.0, 19186.0, 19152.0, 19137.0, 19151.0, 19171.0, 19157.0, 19143.0, 19117.0, 19131.0, 19194.0, 19149.0, 19132.0, 19135.0, 19187.0, 19201.0, 19229.0, 19223.0, 19256.0, 19207.0, 19171.0, 19192.0, 19124.0, 19177.0, 19138.0, 19165.0, 19138.0, 19172.0, 19139.0, 19180.0, 19209.0, 19202.0, 19164.0, 19178.0, 19185.0, 19145.0, 19111.0, 19115.0, 19204.0, 19200.0, 19208.0, 19198.0, 19202.0, 19218.0, 19224.0, 19214.0, 19228.0, 19175.0, 19226.0, 19215.0, 19178.0, 19193.0, 19200.0, 19153.0, 19171.0, 19207.0, 19215.0, 19145.0, 19186.0, 19168.0, 19190.0, 19152.0, 19198.0, 19163.0, 19137.0, 19119.0, 19110.0, 19100.0, 19124.0, 19149.0, 19167.0, 19137.0, 19165.0, 19234.0, 19243.0, 19159.0, 19246.0, 19230.0, 19266.0, 19231.0, 19232.0, 19253.0, 19255.0, 19236.0, 19164.0, 19149.0, 19135.0, 19118.0, 19110.0, 19156.0, 19129.0, 19135.0, 19096.0, 19099.0, 19076.0, 19142.0, 19132.0, 19089.0, 19164.0, 19180.0, 19109.0, 19136.0, 19156.0, 19165.0, 19223.0, 19258.0, 19223.0, 19155.0, 19203.0, 19145.0, 19213.0, 19162.0, 19203.0, 19144.0, 19083.0, 19108.0, 19158.0, 19166.0, 19139.0, 19184.0, 19209.0, 19211.0, 19213.0, 19230.0, 19247.0, 19234.0, 19262.0, 19215.0, 19229.0, 19226.0, 19204.0, 19197.0, 19214.0, 19209.0, 19238.0, 19157.0, 19197.0, 19218.0, 19198.0, 19236.0, 19221.0, 19239.0, 19216.0, 19223.0, 19203.0, 19191.0, 19177.0, 19154.0, 19202.0, 19233.0, 19247.0, 19243.0, 19243.0, 19182.0, 19180.0, 19167.0, 19151.0, 19128.0, 19125.0, 19155.0, 19098.0, 19106.0, 19086.0, 19102.0, 19120.0, 19120.0, 19118.0, 19169.0, 19127.0, 19207.0, 19249.0, 19260.0, 19201.0, 19226.0, 19233.0, 19228.0, 19124.0, 19171.0, 19106.0, 19139.0, 19115.0, 19156.0, 19148.0, 19113.0, 19093.0, 19140.0, 19122.0, 19113.0, 19109.0, 19101.0, 19172.0, 19124.0, 19169.0, 19133.0, 19141.0, 19118.0, 19108.0, 19099.0, 19127.0, 19164.0, 19111.0, 19127.0, 19133.0, 19195.0, 19202.0, 19242.0, 19178.0, 19220.0, 19188.0, 19174.0, 19196.0, 19196.0, 19168.0, 19235.0, 19161.0, 19236.0, 19215.0, 19222.0, 19236.0, 19202.0, 19188.0, 19203.0, 19190.0, 19183.0, 19206.0, 19137.0, 19183.0, 19233.0, 19229.0, 19218.0, 19200.0, 19189.0, 19165.0, 19181.0, 19157.0, 19125.0, 19167.0, 19149.0, 19181.0, 19227.0, 19238.0, 19175.0, 19209.0, 19183.0, 19170.0, 19164.0, 19167.0, 19161.0, 19236.0, 19227.0, 19176.0, 19179.0, 19184.0, 19100.0, 19185.0, 19131.0, 19073.0, 19109.0, 19107.0, 19160.0, 19187.0, 19183.0, 19166.0, 19237.0, 19178.0, 19247.0, 19230.0, 19176.0, 19260.0, 19306.0, 19264.0, 19204.0, 19232.0, 19198.0, 19190.0, 19169.0, 19078.0, 19120.0, 19074.0, 19127.0, 19088.0, 19044.0, 19067.0, 19092.0, 19053.0, 19071.0, 19118.0, 19071.0, 19095.0, 19087.0, 19118.0, 19144.0, 19199.0, 19157.0, 19172.0, 19165.0, 19159.0, 19212.0, 19215.0, 19218.0, 19162.0, 19165.0, 19131.0, 19189.0, 19178.0, 19167.0, 19150.0, 19174.0, 19098.0, 19171.0, 19166.0, 19185.0, 19169.0, 19188.0, 19161.0, 19210.0, 19251.0, 19224.0]}, "slices": {}}}