{"AcquisitionMatrixPE": 96, "AcquisitionNumber": 1, "AcquisitionTime": "07:40:15.877500", "BandwidthPerPixelPhaseEncode": 33.602, "BaseResolution": 96, "BodyPartExamined": "BRAIN", "ConsistencyInfo": "N4_VD11D_LATEST_20110129", "ConversionSoftware": "dcm2niix", "ConversionSoftwareVersion": "v1.0.20210317", "DerivedVendorReportedEchoSpacing": 0.000620003, "DeviceSerialNumber": "45239", "DwellTime": 2.6e-06, "EchoTime": 0.03, "EchoTrainLength": 48, "EffectiveEchoSpacing": 0.000310001, "FlipAngle": 63, "ImageComments": "Unaliased MB4/PE3", "ImageOrientationPatientDICOM": [0.999999, 0.00107924, -0.000552259, -0.00121233, 0.890212, -0.455545], "ImageType": ["ORIGINAL", "PRIMARY", "M", "ND", "NORM", "MOSAIC"], "ImagingFrequency": 123.193, "InPlanePhaseEncodingDirectionDICOM": "COL", "InstitutionAddress": "E 24th St. 100,Austin,Southmiddle,US,78712", "InstitutionName": "Univ of Texas at Austin", "InstitutionalDepartmentName": "IRC", "MRAcquisitionType": "2D", "MagneticFieldStrength": 3, "Manufacturer": "Siemens", "ManufacturersModelName": "Skyra", "Modality": "MR", "MultibandAccelerationFactor": 4, "ParallelReductionFactorInPlane": 2, "PartialFourier": 1, "PatientPosition": "HFS", "PercentPhaseFOV": 100, "PercentSampling": 100, "PhaseEncodingDirection": "j-", "PhaseEncodingSteps": 96, "PhaseResolution": 1, "PixelBandwidth": 2005, "ProcedureStepDescription": "Poldrack^BM", "ProtocolName": "Resting State fMRI MBEPI_matrix96_BW2004", "PulseSequenceDetails": "%CustomerSeq%\\cmrr_mbep2d_bold", "ReceiveCoilActiveElements": "HEA;HEP", "ReceiveCoilName": "Head_32", "ReconMatrixPE": 96, "RefLinesPE": 94, "RepetitionTime": 1.16, "SAR": 0.0944818, "ScanOptions": "FS", "ScanningSequence": "EP", "SequenceName": "epfid2d1_96", "SequenceVariant": "SK", "SeriesDescription": "Resting State fMRI MBEPI_matrix96_BW2004", "SeriesNumber": 6, "ShimSetting": [-2782, 8056, -15449, 151, -221, 118, 193, -86], "SliceThickness": 2, "SliceTiming": [0, 0.5, 0.9975, 0.3575, 0.855, 0.215, 0.7125, 0.0725, 0.57, 1.0675, 0.4275, 0.925, 0.285, 0.785, 0.1425, 0.6425, 0, 0.5, 0.9975, 0.3575, 0.855, 0.215, 0.7125, 0.0725, 0.57, 1.0675, 0.4275, 0.925, 0.285, 0.785, 0.1425, 0.6425, 0, 0.5, 0.9975, 0.3575, 0.855, 0.215, 0.7125, 0.0725, 0.57, 1.0675, 0.4275, 0.925, 0.285, 0.785, 0.1425, 0.6425, 0, 0.5, 0.9975, 0.3575, 0.855, 0.215, 0.7125, 0.0725, 0.57, 1.0675, 0.4275, 0.925, 0.285, 0.785, 0.1425, 0.6425], "SoftwareVersions": "syngo MR D11", "SpacingBetweenSlices": 2.4, "StationName": "AWP45239", "TaskName": "Resting fmri", "TotalReadoutTime": 0.0294501, "TxRefAmp": 333.309, "WipMemBlock": "6ed72073-efd0-4eb9-8a5f-45f98716af27||Sequence: VD11D r206; Feb 13 2013 18:52:04 by eja", "dcmmeta_affine": [[-2.39583158493042, -0.00290455250069499, 3.715069141208005e-08, 120.5265884399414], [-0.00258568674325943, 2.1327998638153076, -1.0933077335357666, -81.58604431152344], [-0.0013231211341917515, 1.0914088487625122, 2.1365106105804443, -86.00537872314453], [0.0, 0.0, 0.0, 1.0]], "dcmmeta_reorient_transform": [[0.0, -1.0, 0.0, 95.0], [1.0, 0.0, 0.0, 0.0], [0.0, 0.0, 1.0, 0.0], [0.0, 0.0, 0.0, 1.0]], "dcmmeta_shape": [96, 96, 64, 518], "dcmmeta_slice_dim": 2, "dcmmeta_version": 0.6, "global": {"const": {"AcquisitionMatrix": [96, 0, 0, 96], "AngioFlag": "N", "BitsAllocated": 16, "BitsStored": 16, "BodyPartExamined": "BRAIN", "Columns": 768, "EchoNumbers": 1, "EchoTime": 30.0, "EchoTrainLength": 48, "FlipAngle": 63.0, "HighBit": 15, "ImageOrientationPatient": [0.99999926512164, 0.00107924319523, -0.0005522592765, -0.0012123350126, 0.89021214379279, -0.4555445854004], "ImagePositionPatient": [-924.2741072109, -838.51948765643, 384.8364086233], "ImageType": ["ORIGINAL", "PRIMARY", "M", "ND", "NORM", "MOSAIC"], "ImagedNucleus": "1H", "ImagingFrequency": 123.193342, "InPlanePhaseEncodingDirection": "COL", "MRAcquisitionType": "2D", "MagneticFieldStrength": 3.0, "Manufacturer": "SIEMENS", "ManufacturerModelName": "Skyra", "Modality": "MR", "NumberOfAverages": 1.0, "NumberOfPhaseEncodingSteps": 96, "PercentPhaseFieldOfView": 100.0, "PercentSampling": 100.0, "PerformedProcedureStepStartTime": "072825.187000", "PhotometricInterpretation": "MONOCHROME2", "PixelBandwidth": 2005.0, "PixelRepresentation": 0, "PixelSpacing": [2.3958332538605, 2.3958332538605], "ProtocolName": "Resting State fMRI MBEPI_matrix96_BW2004", "RepetitionTime": 1160.0, "Rows": 768, "SAR": 0.09448182672093, "SamplesPerPixel": 1, "ScanOptions": "FS", "ScanningSequence": "EP", "SequenceName": "epfid2d1_96", "SequenceVariant": "SK", "SeriesDescription": "Resting State fMRI MBEPI_matrix96_BW2004", "SeriesNumber": 6, "SeriesTime": "074054.375000", "SliceLocation": -39.396982652048, "SliceThickness": 2.0, "SmallestImagePixelValue": 0, "SoftwareVersions": "syngo MR D11", "SpacingBetweenSlices": 2.3999999657789, "SpecificCharacterSet": "ISO_IR 100", "StudyID": "1", "StudyTime": "072825.140000", "TransmitCoilName": "Body", "VariableFlipAngleFlag": "N", "WindowCenterWidthExplanation": "Algo1", "dBdt": 0.0}, "slices": {}}, "time": {"samples": {"AcquisitionNumber": [1, 2, 3, 4, 5, 6, 7, 8, 9, 10, 11, 12, 13, 14, 15, 16, 17, 18, 19, 20, 21, 22, 23, 24, 25, 26, 27, 28, 29, 30, 31, 32, 33, 34, 35, 36, 37, 38, 39, 40, 41, 42, 43, 44, 45, 46, 47, 48, 49, 50, 51, 52, 53, 54, 55, 56, 57, 58, 59, 60, 61, 62, 63, 64, 65, 66, 67, 68, 69, 70, 71, 72, 73, 74, 75, 76, 77, 78, 79, 80, 81, 82, 83, 84, 85, 86, 87, 88, 89, 90, 91, 92, 93, 94, 95, 96, 97, 98, 99, 100, 101, 102, 103, 104, 105, 106, 107, 108, 109, 110, 111, 112, 113, 114, 115, 116, 117, 118, 119, 120, 121, 122, 123, 124, 125, 126, 127, 128, 129, 130, 131, 132, 133, 134, 135, 136, 137, 138, 139, 140, 141, 142, 143, 144, 145, 146, 147, 148, 149, 150, 151, 152, 153, 154, 155, 156, 157, 158, 159, 160, 161, 162, 163, 164, 165, 166, 167, 168, 169, 170, 171, 172, 173, 174, 175, 176, 177, 178, 179, 180, 181, 182, 183, 184, 185, 186, 187, 188, 189, 190, 191, 192, 193, 194, 195, 196, 197, 198, 199, 200, 201, 202, 203, 204, 205, 206, 207, 208, 209, 210, 211, 212, 213, 214, 215, 216, 217, 218, 219, 220, 221, 222, 223, 224, 225, 226, 227, 228, 229, 230, 231, 232, 233, 234, 235, 236, 237, 238, 239, 240, 241, 242, 243, 244, 245, 246, 247, 248, 249, 250, 251, 252, 253, 254, 255, 256, 257, 258, 259, 260, 261, 262, 263, 264, 265, 266, 267, 268, 269, 270, 271, 272, 273, 274, 275, 276, 277, 278, 279, 280, 281, 282, 283, 284, 285, 286, 287, 288, 289, 290, 291, 292, 293, 294, 295, 296, 297, 298, 299, 300, 301, 302, 303, 304, 305, 306, 307, 308, 309, 310, 311, 312, 313, 314, 315, 316, 317, 318, 319, 320, 321, 322, 323, 324, 325, 326, 327, 328, 329, 330, 331, 332, 333, 334, 335, 336, 337, 338, 339, 340, 341, 342, 343, 344, 345, 346, 347, 348, 349, 350, 351, 352, 353, 354, 355, 356, 357, 358, 359, 360, 361, 362, 363, 364, 365, 366, 367, 368, 369, 370, 371, 372, 373, 374, 375, 376, 377, 378, 379, 380, 381, 382, 383, 384, 385, 386, 387, 388, 389, 390, 391, 392, 393, 394, 395, 396, 397, 398, 399, 400, 401, 402, 403, 404, 405, 406, 407, 408, 409, 410, 411, 412, 413, 414, 415, 416, 417, 418, 419, 420, 421, 422, 423, 424, 425, 426, 427, 428, 429, 430, 431, 432, 433, 434, 435, 436, 437, 438, 439, 440, 441, 442, 443, 444, 445, 446, 447, 448, 449, 450, 451, 452, 453, 454, 455, 456, 457, 458, 459, 460, 461, 462, 463, 464, 465, 466, 467, 468, 469, 470, 471, 472, 473, 474, 475, 476, 477, 478, 479, 480, 481, 482, 483, 484, 485, 486, 487, 488, 489, 490, 491, 492, 493, 494, 495, 496, 497, 498, 499, 500, 501, 502, 503, 504, 505, 506, 507, 508, 509, 510, 511, 512, 513, 514, 515, 516, 517, 518], "AcquisitionTime": ["074015.877500", "074044.877500", "074046.037500", "074047.197500", "074048.357500", "074049.517500", "074050.677500", "074051.837500", "074052.997500", "074054.157500", "074055.317500", "074056.477500", "074057.637500", "074058.797500", "074059.957500", "074101.117500", "074102.277500", "074103.437500", "074104.597500", "074105.757500", "074106.917500", "074108.077500", "074109.237500", "074110.397500", "074111.557500", "074112.717500", "074113.877500", "074115.037500", "074116.197500", "074117.357500", "074118.517500", "074119.677500", "074120.837500", "074121.997500", "074123.157500", "074124.317500", "074125.477500", "074126.637500", "074127.797500", "074128.957500", "074130.117500", "074131.277500", "074132.437500", "074133.597500", "074134.757500", "074135.917500", "074137.077500", "074138.237500", "074139.397500", "074140.557500", "074141.717500", "074142.877500", "074144.037500", "074145.197500", "074146.357500", "074147.517500", "074148.677500", "074149.837500", "074150.997500", "074152.157500", "074153.317500", "074154.477500", "074155.637500", "074156.797500", "074157.957500", "074159.117500", "074200.277500", "074201.437500", "074202.597500", "074203.757500", "074204.917500", "074206.077500", "074207.237500", "074208.397500", "074209.557500", "074210.717500", "074211.877500", "074213.037500", "074214.197500", "074215.357500", "074216.517500", "074217.677500", "074218.837500", "074219.997500", "074221.157500", "074222.317500", "074223.477500", "074224.637500", "074225.797500", "074226.957500", "074228.120000", "074229.280000", "074230.440000", "074231.600000", "074232.760000", "074233.920000", "074235.080000", "074236.240000", "074237.400000", "074238.560000", "074239.720000", "074240.880000", "074242.040000", "074243.200000", "074244.360000", "074245.520000", "074246.680000", "074247.840000", "074249.000000", "074250.160000", "074251.320000", "074252.480000", "074253.640000", "074254.800000", "074255.960000", "074257.120000", "074258.280000", "074259.440000", "074300.600000", "074301.760000", "074302.920000", "074304.080000", "074305.240000", "074306.400000", "074307.560000", "074308.720000", "074309.880000", "074311.040000", "074312.200000", "074313.360000", "074314.520000", "074315.680000", "074316.840000", "074318.000000", "074319.160000", "074320.320000", "074321.480000", "074322.640000", "074323.800000", "074324.960000", "074326.120000", "074327.280000", "074328.440000", "074329.600000", "074330.760000", "074331.920000", "074333.080000", "074334.240000", "074335.400000", "074336.560000", "074337.720000", "074338.880000", "074340.040000", "074341.200000", "074342.360000", "074343.520000", "074344.680000", "074345.840000", "074347.000000", "074348.160000", "074349.320000", "074350.480000", "074351.640000", "074352.800000", "074353.960000", "074355.120000", "074356.280000", "074357.440000", "074358.600000", "074359.760000", "074400.920000", "074402.080000", "074403.240000", "074404.400000", "074405.560000", "074406.720000", "074407.880000", "074409.040000", "074410.200000", "074411.360000", "074412.520000", "074413.680000", "074414.840000", "074416.000000", "074417.160000", "074418.320000", "074419.480000", "074420.640000", "074421.800000", "074422.960000", "074424.120000", "074425.280000", "074426.440000", "074427.600000", "074428.760000", "074429.920000", "074431.080000", "074432.240000", "074433.400000", "074434.560000", "074435.720000", "074436.880000", "074438.040000", "074439.200000", "074440.360000", "074441.520000", "074442.680000", "074443.840000", "074445.000000", "074446.160000", "074447.320000", "074448.480000", "074449.640000", "074450.800000", "074451.960000", "074453.120000", "074454.280000", "074455.440000", "074456.600000", "074457.760000", "074458.920000", "074500.080000", "074501.240000", "074502.400000", "074503.560000", "074504.720000", "074505.880000", "074507.040000", "074508.200000", "074509.360000", "074510.520000", "074511.680000", "074512.840000", "074514.000000", "074515.160000", "074516.320000", "074517.480000", "074518.640000", "074519.800000", "074520.960000", "074522.120000", "074523.280000", "074524.440000", "074525.600000", "074526.760000", "074527.920000", "074529.080000", "074530.240000", "074531.400000", "074532.560000", "074533.720000", "074534.880000", "074536.040000", "074537.200000", "074538.360000", "074539.520000", "074540.680000", "074541.840000", "074543.000000", "074544.160000", "074545.320000", "074546.480000", "074547.640000", "074548.800000", "074549.960000", "074551.120000", "074552.280000", "074553.440000", "074554.600000", "074555.760000", "074556.920000", "074558.080000", "074559.240000", "074600.400000", "074601.560000", "074602.720000", "074603.880000", "074605.040000", "074606.200000", "074607.360000", "074608.520000", "074609.680000", "074610.840000", "074612.000000", "074613.160000", "074614.320000", "074615.480000", "074616.640000", "074617.800000", "074618.960000", "074620.120000", "074621.280000", "074622.440000", "074623.600000", "074624.760000", "074625.920000", "074627.080000", "074628.240000", "074629.400000", "074630.560000", "074631.720000", "074632.880000", "074634.040000", "074635.200000", "074636.360000", "074637.520000", "074638.680000", "074639.840000", "074641.000000", "074642.160000", "074643.320000", "074644.480000", "074645.640000", "074646.800000", "074647.960000", "074649.120000", "074650.280000", "074651.440000", "074652.600000", "074653.760000", "074654.920000", "074656.080000", "074657.240000", "074658.400000", "074659.560000", "074700.720000", "074701.880000", "074703.040000", "074704.200000", "074705.360000", "074706.520000", "074707.680000", "074708.840000", "074710.000000", "074711.160000", "074712.320000", "074713.480000", "074714.640000", "074715.800000", "074716.960000", "074718.122500", "074719.282500", "074720.442500", "074721.602500", "074722.762500", "074723.922500", "074725.082500", "074726.242500", "074727.402500", "074728.562500", "074729.722500", "074730.882500", "074732.042500", "074733.202500", "074734.362500", "074735.522500", "074736.682500", "074737.842500", "074739.002500", "074740.162500", "074741.322500", "074742.482500", "074743.642500", "074744.802500", "074745.962500", "074747.122500", "074748.282500", "074749.442500", "074750.602500", "074751.762500", "074752.922500", "074754.082500", "074755.242500", "074756.402500", "074757.562500", "074758.722500", "074759.882500", "074801.042500", "074802.202500", "074803.362500", "074804.522500", "074805.682500", "074806.842500", "074808.002500", "074809.162500", "074810.322500", "074811.482500", "074812.642500", "074813.802500", "074814.962500", "074816.122500", "074817.282500", "074818.442500", "074819.602500", "074820.762500", "074821.922500", "074823.082500", "074824.242500", "074825.402500", "074826.562500", "074827.722500", "074828.882500", "074830.042500", "074831.202500", "074832.362500", "074833.522500", "074834.682500", "074835.842500", "074837.002500", "074838.162500", "074839.322500", "074840.482500", "074841.642500", "074842.802500", "074843.962500", "074845.122500", "074846.282500", "074847.442500", "074848.602500", "074849.762500", "074850.922500", "074852.082500", "074853.242500", "074854.402500", "074855.562500", "074856.722500", "074857.882500", "074859.042500", "074900.202500", "074901.362500", "074902.522500", "074903.682500", "074904.842500", "074906.002500", "074907.162500", "074908.322500", "074909.482500", "074910.642500", "074911.802500", "074912.962500", "074914.122500", "074915.282500", "074916.442500", "074917.602500", "074918.762500", "074919.922500", "074921.082500", "074922.242500", "074923.402500", "074924.562500", "074925.722500", "074926.882500", "074928.042500", "074929.202500", "074930.362500", "074931.522500", "074932.682500", "074933.842500", "074935.002500", "074936.162500", "074937.322500", "074938.482500", "074939.642500", "074940.802500", "074941.962500", "074943.122500", "074944.282500", "074945.442500", "074946.602500", "074947.762500", "074948.922500", "074950.082500", "074951.242500", "074952.402500", "074953.562500", "074954.722500", "074955.882500", "074957.042500", "074958.202500", "074959.362500", "075000.522500", "075001.682500", "075002.842500", "075004.002500", "075005.162500", "075006.322500", "075007.482500", "075008.642500", "075009.802500", "075010.962500", "075012.122500", "075013.282500", "075014.442500", "075015.602500", "075016.762500", "075017.922500", "075019.082500", "075020.242500", "075021.402500", "075022.562500", "075023.722500", "075024.882500", "075026.042500", "075027.202500", "075028.362500", "075029.522500", "075030.682500", "075031.842500", "075033.002500", "075034.162500", "075035.322500", "075036.482500", "075037.642500", "075038.802500", "075039.962500", "075041.122500", "075042.282500", "075043.442500"], "ContentTime": ["074054.375000", "074102.625000", "074102.625000", "074102.625000", "074102.625000", "074102.640000", "074102.640000", "074107.625000", "074107.625000", "074107.640000", "074107.640000", "074112.625000", "074112.625000", "074112.625000", "074117.625000", "074117.625000", "074117.625000", "074117.625000", "074122.625000", "074122.625000", "074122.625000", "074122.625000", "074127.625000", "074127.625000", "074127.625000", "074127.625000", "074132.625000", "074132.625000", "074132.625000", "074132.625000", "074137.625000", "074137.625000", "074137.625000", "074142.625000", "074142.625000", "074142.625000", "074142.640000", "074152.625000", "074152.625000", "074152.625000", "074152.640000", "074152.640000", "074152.640000", "074152.640000", "074152.656000", "074157.625000", "074157.625000", "074157.625000", "074202.625000", "074202.625000", "074202.625000", "074202.625000", "074207.625000", "074207.625000", "074207.625000", "074207.625000", "074212.625000", "074212.625000", "074212.640000", "074212.640000", "074217.625000", "074217.625000", "074217.625000", "074222.625000", "074222.625000", "074222.625000", "074222.640000", "074227.625000", "074227.625000", "074227.625000", "074227.625000", "074232.625000", "074232.625000", "074232.625000", "074237.625000", "074237.625000", "074237.625000", "074237.625000", "074242.625000", "074242.625000", "074242.625000", "074242.625000", "074247.625000", "074247.625000", "074247.625000", "074247.625000", "074252.625000", "074252.625000", "074252.625000", "074252.625000", "074257.625000", "074257.625000", "074257.625000", "074302.625000", "074302.625000", "074302.640000", "074302.640000", "074307.625000", "074307.640000", "074307.640000", "074312.625000", "074312.625000", "074312.640000", "074312.640000", "074317.625000", "074317.625000", "074317.625000", "074317.625000", "074322.625000", "074322.625000", "074322.625000", "074322.625000", "074327.625000", "074327.625000", "074327.640000", "074327.640000", "074332.625000", "074332.625000", "074332.625000", "074337.625000", "074337.625000", "074337.625000", "074337.625000", "074342.625000", "074342.625000", "074342.625000", "074342.625000", "074347.625000", "074347.625000", "074347.625000", "074352.625000", "074352.625000", "074352.625000", "074352.625000", "074357.625000", "074357.625000", "074357.625000", "074357.625000", "074402.625000", "074402.625000", "074402.625000", "074407.625000", "074407.625000", "074407.625000", "074407.640000", "074412.625000", "074412.625000", "074412.640000", "074412.640000", "074417.625000", "074417.625000", "074417.640000", "074417.640000", "074422.625000", "074422.625000", "074422.625000", "074422.625000", "074427.625000", "074427.625000", "074427.625000", "074427.625000", "074432.625000", "074432.625000", "074432.640000", "074437.625000", "074437.625000", "074437.625000", "074437.625000", "074442.625000", "074442.625000", "074442.625000", "074442.625000", "074447.625000", "074447.625000", "074447.625000", "074452.625000", "074452.625000", "074452.625000", "074452.625000", "074457.625000", "074457.625000", "074457.625000", "074502.625000", "074502.625000", "074502.625000", "074502.640000", "074507.625000", "074507.625000", "074507.625000", "074507.656000", "074512.625000", "074512.625000", "074512.625000", "074512.625000", "074517.625000", "074517.625000", "074517.625000", "074517.640000", "074522.625000", "074522.625000", "074522.625000", "074527.625000", "074527.625000", "074527.640000", "074527.640000", "074532.625000", "074532.625000", "074532.625000", "074532.625000", "074537.625000", "074537.625000", "074537.640000", "074537.640000", "074542.625000", "074542.625000", "074542.625000", "074547.625000", "074547.625000", "074547.640000", "074547.640000", "074552.625000", "074552.640000", "074552.640000", "074552.640000", "074557.625000", "074557.625000", "074557.625000", "074557.625000", "074602.625000", "074602.625000", "074602.625000", "074607.625000", "074607.625000", "074607.625000", "074607.625000", "074612.625000", "074612.625000", "074612.625000", "074612.625000", "074617.625000", "074617.625000", "074617.625000", "074617.625000", "074622.625000", "074622.625000", "074622.625000", "074627.625000", "074627.625000", "074627.625000", "074627.625000", "074632.625000", "074632.625000", "074632.625000", "074632.625000", "074637.625000", "074637.625000", "074637.625000", "074637.625000", "074642.625000", "074642.625000", "074642.625000", "074647.625000", "074647.625000", "074647.640000", "074647.640000", "074652.625000", "074652.625000", "074652.625000", "074652.625000", "074657.625000", "074657.625000", "074657.625000", "074657.625000", "074702.625000", "074702.625000", "074702.625000", "074702.625000", "074707.625000", "074707.625000", "074707.625000", "074712.625000", "074712.625000", "074712.625000", "074712.625000", "074717.625000", "074717.625000", "074717.640000", "074717.640000", "074722.625000", "074722.625000", "074722.625000", "074722.625000", "074727.625000", "074727.625000", "074727.625000", "074727.640000", "074732.625000", "074732.625000", "074732.640000", "074737.625000", "074737.625000", "074737.640000", "074737.640000", "074742.625000", "074742.625000", "074742.625000", "074742.625000", "074747.625000", "074747.625000", "074747.640000", "074747.640000", "074752.625000", "074752.625000", "074752.625000", "074757.625000", "074757.625000", "074757.640000", "074757.640000", "074802.625000", "074802.625000", "074802.625000", "074802.640000", "074807.625000", "074807.625000", "074807.625000", "074812.625000", "074812.625000", "074812.625000", "074812.625000", "074817.625000", "074817.625000", "074817.625000", "074817.625000", "074822.625000", "074822.625000", "074822.625000", "074822.625000", "074827.625000", "074827.625000", "074827.625000", "074827.625000", "074832.625000", "074832.625000", "074832.625000", "074837.625000", "074837.625000", "074837.656000", "074837.671000", "074842.625000", "074842.625000", "074842.625000", "074847.625000", "074847.625000", "074847.640000", "074847.640000", "074852.625000", "074852.625000", "074852.625000", "074852.625000", "074857.625000", "074857.625000", "074857.625000", "074857.625000", "074902.625000", "074902.625000", "074902.625000", "074902.625000", "074907.625000", "074907.625000", "074907.625000", "074912.625000", "074912.625000", "074912.625000", "074912.625000", "074917.625000", "074917.625000", "074917.625000", "074917.625000", "074922.625000", "074922.625000", "074922.625000", "074922.625000", "074927.625000", "074927.625000", "074927.625000", "074932.625000", "074932.625000", "074932.625000", "074932.625000", "074937.625000", "074937.625000", "074937.625000", "074937.640000", "074942.625000", "074942.625000", "074942.625000", "074942.640000", "074947.625000", "074947.625000", "074947.625000", "074952.625000", "074952.625000", "074952.625000", "074952.640000", "074957.625000", "074957.625000", "074957.625000", "074957.625000", "075002.625000", "075002.625000", "075002.625000", "075002.625000", "075007.625000", "075007.625000", "075007.625000", "075012.625000", "075012.625000", "075012.625000", "075012.640000", "075017.625000", "075017.625000", "075017.625000", "075022.625000", "075022.625000", "075022.625000", "075022.625000", "075027.625000", "075027.625000", "075027.625000", "075027.625000", "075032.625000", "075032.625000", "075032.625000", "075032.625000", "075037.625000", "075037.625000", "075037.640000", "075042.625000", "075042.625000", "075042.625000", "075042.640000", "075047.625000", "075047.625000", "075047.625000", "075047.640000", "075052.625000", "075052.625000", "075052.625000", "075052.640000", "075057.625000", "075057.625000", "075057.625000", "075057.625000", "075102.625000", "075102.640000", "075102.640000", "075107.625000", "075107.625000", "075107.625000", "075107.625000", "075107.640000", "075112.625000", "075112.625000", "075112.625000", "075112.640000", "075117.625000", "075117.625000", "075117.640000", "075117.640000", "075122.625000", "075122.625000", "075122.625000", "075122.625000", "075127.625000", "075127.625000", "075127.640000", "075127.640000", "075132.625000", "075132.625000", "075132.625000", "075132.625000", "075137.625000", "075137.625000", "075137.625000", "075137.625000", "075142.625000", "075142.625000", "075142.625000", "075142.625000", "075142.640000", "075147.625000", "075147.625000", "075147.625000", "075147.656000", "075152.625000", "075152.625000", "075152.625000", "075152.640000", "075157.625000", "075157.625000", "075157.625000", "075202.625000", "075202.625000", "075202.656000", "075202.656000", "075207.625000", "075207.625000", "075207.625000", "075207.625000", "075212.625000", "075212.625000", "075212.625000", "075212.625000", "075217.625000", "075217.625000", "075217.640000", "075219.328000", "075219.328000"], "InstanceCreationTime": ["074054.375000", "074102.625000", "074102.625000", "074102.625000", "074102.625000", "074102.640000", "074102.640000", "074107.625000", "074107.625000", "074107.640000", "074107.640000", "074112.625000", "074112.625000", "074112.625000", "074117.625000", "074117.625000", "074117.625000", "074117.625000", "074122.625000", "074122.625000", "074122.625000", "074122.625000", "074127.625000", "074127.625000", "074127.625000", "074127.625000", "074132.625000", "074132.625000", "074132.625000", "074132.625000", "074137.625000", "074137.625000", "074137.625000", "074142.625000", "074142.625000", "074142.625000", "074142.640000", "074152.625000", "074152.625000", "074152.625000", "074152.640000", "074152.640000", "074152.640000", "074152.640000", "074152.656000", "074157.625000", "074157.625000", "074157.625000", "074202.625000", "074202.625000", "074202.625000", "074202.625000", "074207.625000", "074207.625000", "074207.625000", "074207.625000", "074212.625000", "074212.625000", "074212.640000", "074212.640000", "074217.625000", "074217.625000", "074217.625000", "074222.625000", "074222.625000", "074222.625000", "074222.640000", "074227.625000", "074227.625000", "074227.625000", "074227.625000", "074232.625000", "074232.625000", "074232.625000", "074237.625000", "074237.625000", "074237.625000", "074237.625000", "074242.625000", "074242.625000", "074242.625000", "074242.625000", "074247.625000", "074247.625000", "074247.625000", "074247.625000", "074252.625000", "074252.625000", "074252.625000", "074252.625000", "074257.625000", "074257.625000", "074257.625000", "074302.625000", "074302.625000", "074302.640000", "074302.640000", "074307.625000", "074307.640000", "074307.640000", "074312.625000", "074312.625000", "074312.640000", "074312.640000", "074317.625000", "074317.625000", "074317.625000", "074317.625000", "074322.625000", "074322.625000", "074322.625000", "074322.625000", "074327.625000", "074327.625000", "074327.640000", "074327.640000", "074332.625000", "074332.625000", "074332.625000", "074337.625000", "074337.625000", "074337.625000", "074337.625000", "074342.625000", "074342.625000", "074342.625000", "074342.625000", "074347.625000", "074347.625000", "074347.625000", "074352.625000", "074352.625000", "074352.625000", "074352.625000", "074357.625000", "074357.625000", "074357.625000", "074357.625000", "074402.625000", "074402.625000", "074402.625000", "074407.625000", "074407.625000", "074407.625000", "074407.640000", "074412.625000", "074412.625000", "074412.640000", "074412.640000", "074417.625000", "074417.625000", "074417.640000", "074417.640000", "074422.625000", "074422.625000", "074422.625000", "074422.625000", "074427.625000", "074427.625000", "074427.625000", "074427.625000", "074432.625000", "074432.625000", "074432.640000", "074437.625000", "074437.625000", "074437.625000", "074437.625000", "074442.625000", "074442.625000", "074442.625000", "074442.625000", "074447.625000", "074447.625000", "074447.625000", "074452.625000", "074452.625000", "074452.625000", "074452.625000", "074457.625000", "074457.625000", "074457.625000", "074502.625000", "074502.625000", "074502.625000", "074502.640000", "074507.625000", "074507.625000", "074507.625000", "074507.656000", "074512.625000", "074512.625000", "074512.625000", "074512.625000", "074517.625000", "074517.625000", "074517.625000", "074517.640000", "074522.625000", "074522.625000", "074522.625000", "074527.625000", "074527.625000", "074527.640000", "074527.640000", "074532.625000", "074532.625000", "074532.625000", "074532.625000", "074537.625000", "074537.625000", "074537.640000", "074537.640000", "074542.625000", "074542.625000", "074542.625000", "074547.625000", "074547.625000", "074547.640000", "074547.640000", "074552.625000", "074552.640000", "074552.640000", "074552.640000", "074557.625000", "074557.625000", "074557.625000", "074557.625000", "074602.625000", "074602.625000", "074602.625000", "074607.625000", "074607.625000", "074607.625000", "074607.625000", "074612.625000", "074612.625000", "074612.625000", "074612.625000", "074617.625000", "074617.625000", "074617.625000", "074617.625000", "074622.625000", "074622.625000", "074622.625000", "074627.625000", "074627.625000", "074627.625000", "074627.625000", "074632.625000", "074632.625000", "074632.625000", "074632.625000", "074637.625000", "074637.625000", "074637.625000", "074637.625000", "074642.625000", "074642.625000", "074642.625000", "074647.625000", "074647.625000", "074647.640000", "074647.640000", "074652.625000", "074652.625000", "074652.625000", "074652.625000", "074657.625000", "074657.625000", "074657.625000", "074657.625000", "074702.625000", "074702.625000", "074702.625000", "074702.625000", "074707.625000", "074707.625000", "074707.625000", "074712.625000", "074712.625000", "074712.625000", "074712.625000", "074717.625000", "074717.625000", "074717.640000", "074717.640000", "074722.625000", "074722.625000", "074722.625000", "074722.625000", "074727.625000", "074727.625000", "074727.625000", "074727.640000", "074732.625000", "074732.625000", "074732.640000", "074737.625000", "074737.625000", "074737.640000", "074737.640000", "074742.625000", "074742.625000", "074742.625000", "074742.625000", "074747.625000", "074747.625000", "074747.640000", "074747.640000", "074752.625000", "074752.625000", "074752.625000", "074757.625000", "074757.625000", "074757.640000", "074757.640000", "074802.625000", "074802.625000", "074802.625000", "074802.640000", "074807.625000", "074807.625000", "074807.625000", "074812.625000", "074812.625000", "074812.625000", "074812.625000", "074817.625000", "074817.625000", "074817.625000", "074817.625000", "074822.625000", "074822.625000", "074822.625000", "074822.625000", "074827.625000", "074827.625000", "074827.625000", "074827.625000", "074832.625000", "074832.625000", "074832.625000", "074837.625000", "074837.625000", "074837.656000", "074837.671000", "074842.625000", "074842.625000", "074842.625000", "074847.625000", "074847.625000", "074847.640000", "074847.640000", "074852.625000", "074852.625000", "074852.625000", "074852.625000", "074857.625000", "074857.625000", "074857.625000", "074857.625000", "074902.625000", "074902.625000", "074902.625000", "074902.625000", "074907.625000", "074907.625000", "074907.625000", "074912.625000", "074912.625000", "074912.625000", "074912.625000", "074917.625000", "074917.625000", "074917.625000", "074917.625000", "074922.625000", "074922.625000", "074922.625000", "074922.625000", "074927.625000", "074927.625000", "074927.625000", "074932.625000", "074932.625000", "074932.625000", "074932.625000", "074937.625000", "074937.625000", "074937.625000", "074937.640000", "074942.625000", "074942.625000", "074942.625000", "074942.640000", "074947.625000", "074947.625000", "074947.625000", "074952.625000", "074952.625000", "074952.625000", "074952.640000", "074957.625000", "074957.625000", "074957.625000", "074957.625000", "075002.625000", "075002.625000", "075002.625000", "075002.625000", "075007.625000", "075007.625000", "075007.625000", "075012.625000", "075012.625000", "075012.625000", "075012.640000", "075017.625000", "075017.625000", "075017.625000", "075022.625000", "075022.625000", "075022.625000", "075022.625000", "075027.625000", "075027.625000", "075027.625000", "075027.625000", "075032.625000", "075032.625000", "075032.625000", "075032.625000", "075037.625000", "075037.625000", "075037.640000", "075042.625000", "075042.625000", "075042.625000", "075042.640000", "075047.625000", "075047.625000", "075047.625000", "075047.640000", "075052.625000", "075052.625000", "075052.625000", "075052.640000", "075057.625000", "075057.625000", "075057.625000", "075057.625000", "075102.625000", "075102.640000", "075102.640000", "075107.625000", "075107.625000", "075107.625000", "075107.625000", "075107.640000", "075112.625000", "075112.625000", "075112.625000", "075112.640000", "075117.625000", "075117.625000", "075117.640000", "075117.640000", "075122.625000", "075122.625000", "075122.625000", "075122.625000", "075127.625000", "075127.625000", "075127.640000", "075127.640000", "075132.625000", "075132.625000", "075132.625000", "075132.625000", "075137.625000", "075137.625000", "075137.625000", "075137.625000", "075142.625000", "075142.625000", "075142.625000", "075142.625000", "075142.640000", "075147.625000", "075147.625000", "075147.625000", "075147.656000", "075152.625000", "075152.625000", "075152.625000", "075152.640000", "075157.625000", "075157.625000", "075157.625000", "075202.625000", "075202.625000", "075202.656000", "075202.656000", "075207.625000", "075207.625000", "075207.625000", "075207.625000", "075212.625000", "075212.625000", "075212.625000", "075212.625000", "075217.625000", "075217.625000", "075217.640000", "075219.328000", "075219.328000"], "InstanceNumber": [1, 2, 3, 4, 5, 6, 7, 8, 9, 10, 11, 12, 13, 14, 15, 16, 17, 18, 19, 20, 21, 22, 23, 24, 25, 26, 27, 28, 29, 30, 31, 32, 33, 34, 35, 36, 37, 38, 39, 40, 41, 42, 43, 44, 45, 46, 47, 48, 49, 50, 51, 52, 53, 54, 55, 56, 57, 58, 59, 60, 61, 62, 63, 64, 65, 66, 67, 68, 69, 70, 71, 72, 73, 74, 75, 76, 77, 78, 79, 80, 81, 82, 83, 84, 85, 86, 87, 88, 89, 90, 91, 92, 93, 94, 95, 96, 97, 98, 99, 100, 101, 102, 103, 104, 105, 106, 107, 108, 109, 110, 111, 112, 113, 114, 115, 116, 117, 118, 119, 120, 121, 122, 123, 124, 125, 126, 127, 128, 129, 130, 131, 132, 133, 134, 135, 136, 137, 138, 139, 140, 141, 142, 143, 144, 145, 146, 147, 148, 149, 150, 151, 152, 153, 154, 155, 156, 157, 158, 159, 160, 161, 162, 163, 164, 165, 166, 167, 168, 169, 170, 171, 172, 173, 174, 175, 176, 177, 178, 179, 180, 181, 182, 183, 184, 185, 186, 187, 188, 189, 190, 191, 192, 193, 194, 195, 196, 197, 198, 199, 200, 201, 202, 203, 204, 205, 206, 207, 208, 209, 210, 211, 212, 213, 214, 215, 216, 217, 218, 219, 220, 221, 222, 223, 224, 225, 226, 227, 228, 229, 230, 231, 232, 233, 234, 235, 236, 237, 238, 239, 240, 241, 242, 243, 244, 245, 246, 247, 248, 249, 250, 251, 252, 253, 254, 255, 256, 257, 258, 259, 260, 261, 262, 263, 264, 265, 266, 267, 268, 269, 270, 271, 272, 273, 274, 275, 276, 277, 278, 279, 280, 281, 282, 283, 284, 285, 286, 287, 288, 289, 290, 291, 292, 293, 294, 295, 296, 297, 298, 299, 300, 301, 302, 303, 304, 305, 306, 307, 308, 309, 310, 311, 312, 313, 314, 315, 316, 317, 318, 319, 320, 321, 322, 323, 324, 325, 326, 327, 328, 329, 330, 331, 332, 333, 334, 335, 336, 337, 338, 339, 340, 341, 342, 343, 344, 345, 346, 347, 348, 349, 350, 351, 352, 353, 354, 355, 356, 357, 358, 359, 360, 361, 362, 363, 364, 365, 366, 367, 368, 369, 370, 371, 372, 373, 374, 375, 376, 377, 378, 379, 380, 381, 382, 383, 384, 385, 386, 387, 388, 389, 390, 391, 392, 393, 394, 395, 396, 397, 398, 399, 400, 401, 402, 403, 404, 405, 406, 407, 408, 409, 410, 411, 412, 413, 414, 415, 416, 417, 418, 419, 420, 421, 422, 423, 424, 425, 426, 427, 428, 429, 430, 431, 432, 433, 434, 435, 436, 437, 438, 439, 440, 441, 442, 443, 444, 445, 446, 447, 448, 449, 450, 451, 452, 453, 454, 455, 456, 457, 458, 459, 460, 461, 462, 463, 464, 465, 466, 467, 468, 469, 470, 471, 472, 473, 474, 475, 476, 477, 478, 479, 480, 481, 482, 483, 484, 485, 486, 487, 488, 489, 490, 491, 492, 493, 494, 495, 496, 497, 498, 499, 500, 501, 502, 503, 504, 505, 506, 507, 508, 509, 510, 511, 512, 513, 514, 515, 516, 517, 518], "LargestImagePixelValue": [24133, 22323, 22004, 22741, 22318, 22250, 22460, 21821, 21840, 21892, 21951, 24155, 21703, 21914, 22017, 22169, 22202, 22049, 24264, 23097, 21881, 21933, 23302, 21909, 23392, 22149, 24453, 23524, 22032, 22962, 21799, 21987, 22053, 21823, 22202, 21923, 21983, 25702, 22047, 21965, 21805, 23594, 23252, 23474, 24217, 21888, 22239, 21952, 28058, 22110, 21818, 22996, 22432, 22011, 22512, 22188, 26667, 21974, 21969, 22476, 21952, 21877, 22270, 25191, 21664, 24490, 27669, 23826, 21995, 22129, 22171, 22929, 22475, 22234, 24901, 23606, 22149, 21689, 21951, 22394, 22001, 21924, 22978, 22275, 27595, 23024, 21835, 23481, 27103, 22239, 22101, 23124, 22127, 26119, 22368, 24077, 22150, 23364, 22083, 23231, 22121, 27574, 21917, 22565, 22217, 22702, 22467, 23113, 22308, 23704, 22252, 21825, 22330, 26464, 25240, 22084, 22145, 23531, 22099, 22126, 23444, 24036, 22273, 23476, 22093, 23305, 23234, 23748, 22394, 24126, 23259, 22362, 24446, 22266, 22198, 22275, 23748, 22613, 22403, 22502, 22476, 24183, 23663, 22292, 22938, 22903, 22432, 22367, 23613, 22616, 25059, 22124, 22470, 23902, 24408, 21914, 22522, 22078, 23937, 23929, 22337, 23268, 22480, 22197, 22220, 22461, 22287, 22303, 22204, 22674, 22414, 25486, 22101, 22368, 24691, 22281, 22762, 22190, 23237, 21987, 22286, 24823, 24256, 22312, 23762, 22310, 23985, 22335, 24890, 23292, 23222, 24526, 22068, 22387, 25260, 22184, 22363, 22791, 22782, 24456, 21954, 22548, 22931, 22012, 24467, 22517, 23167, 25074, 21977, 23203, 22463, 21953, 25360, 24319, 22963, 22123, 22316, 22177, 21766, 23609, 23717, 23339, 22312, 23632, 22223, 22081, 22157, 24311, 22222, 23209, 22365, 23091, 23484, 21589, 24003, 21750, 22832, 22015, 23389, 23778, 21820, 22552, 24904, 21678, 21990, 22263, 24498, 27544, 21603, 22678, 22421, 22657, 24951, 22684, 21902, 21694, 21724, 24235, 23016, 24141, 21874, 23075, 24345, 21579, 24620, 21654, 23517, 21713, 23545, 23852, 21682, 22178, 21780, 23178, 21807, 22358, 21861, 23032, 24296, 21873, 22966, 21895, 23677, 24094, 21874, 23771, 22152, 21795, 22321, 24511, 22211, 21578, 23473, 21751, 24596, 21950, 23397, 21769, 21773, 21966, 22750, 21769, 22136, 21692, 23424, 21799, 27174, 22694, 21884, 22632, 24726, 22652, 21853, 23982, 25479, 21576, 22677, 21869, 21868, 24770, 21702, 23363, 22439, 25486, 21639, 21670, 22694, 24099, 22413, 24409, 21622, 24558, 22886, 23531, 23959, 21880, 22554, 24548, 21539, 25654, 21636, 22979, 21896, 23990, 23184, 21789, 22528, 25362, 23385, 21766, 22212, 21953, 23440, 23645, 22022, 23257, 21791, 23305, 24875, 24528, 21766, 21964, 23624, 22039, 25263, 21673, 21752, 24082, 21644, 25963, 21639, 23265, 23431, 24342, 21774, 23522, 22549, 23521, 23774, 24676, 21735, 22397, 21807, 26952, 21983, 21890, 24204, 21732, 22485, 22769, 21824, 21776, 23867, 22954, 22542, 23161, 22369, 23775, 23102, 21754, 23944, 21967, 26285, 21852, 21968, 25368, 22068, 21629, 26860, 21808, 21719, 23331, 21873, 22809, 22245, 21932, 22187, 25106, 21996, 23219, 23948, 22250, 21989, 25689, 21688, 22934, 21862, 25391, 22127, 21787, 24186, 22046, 22830, 25059, 22836, 24583, 22018, 22232, 23417, 25513, 21838, 25462, 21803, 22965, 23203, 21868, 21857, 22047, 22365, 22571, 21789, 21697, 21674, 23037, 22909, 21785, 24967, 21830, 21790, 22906, 21782, 21741, 26082, 21754, 25953, 24094, 21826, 23558, 24029, 21629, 22872, 21792, 22376, 23421, 23587, 22244, 21663, 21612, 21799, 21626, 24756, 24761, 25215, 24108, 25469, 21712, 21965, 21927, 22809, 24316, 23337, 21620, 21651, 23987, 22057, 21883, 21955, 22175, 23968, 21630, 22222, 21940, 26309, 21817, 23162, 21840, 23557, 25554, 21529, 23472, 21616, 23364, 21726, 21642, 22605, 25665, 21877, 25279], "WindowCenter": [9607.0, 9573.0, 9553.0, 9559.0, 9560.0, 9560.0, 9569.0, 9561.0, 9567.0, 9551.0, 9551.0, 9580.0, 9580.0, 9579.0, 9578.0, 9579.0, 9554.0, 9559.0, 9574.0, 9572.0, 9575.0, 9585.0, 9570.0, 9556.0, 9545.0, 9561.0, 9574.0, 9565.0, 9564.0, 9559.0, 9560.0, 9562.0, 9565.0, 9555.0, 9556.0, 9571.0, 9576.0, 9612.0, 9593.0, 9571.0, 9570.0, 9553.0, 9574.0, 9575.0, 9580.0, 9571.0, 9580.0, 9556.0, 9602.0, 9571.0, 9578.0, 9585.0, 9570.0, 9569.0, 9565.0, 9565.0, 9584.0, 9556.0, 9587.0, 9574.0, 9572.0, 9572.0, 9583.0, 9582.0, 9570.0, 9578.0, 9594.0, 9572.0, 9551.0, 9560.0, 9565.0, 9570.0, 9573.0, 9580.0, 9592.0, 9567.0, 9549.0, 9555.0, 9564.0, 9568.0, 9560.0, 9557.0, 9559.0, 9551.0, 9585.0, 9556.0, 9555.0, 9571.0, 9598.0, 9568.0, 9555.0, 9571.0, 9572.0, 9587.0, 9559.0, 9583.0, 9573.0, 9585.0, 9576.0, 9567.0, 9554.0, 9583.0, 9559.0, 9584.0, 9552.0, 9560.0, 9548.0, 9569.0, 9589.0, 9582.0, 9557.0, 9560.0, 9585.0, 9592.0, 9581.0, 9561.0, 9566.0, 9586.0, 9576.0, 9586.0, 9575.0, 9555.0, 9546.0, 9574.0, 9551.0, 9578.0, 9572.0, 9564.0, 9545.0, 9563.0, 9545.0, 9549.0, 9562.0, 9570.0, 9570.0, 9577.0, 9575.0, 9571.0, 9563.0, 9578.0, 9575.0, 9577.0, 9570.0, 9582.0, 9583.0, 9594.0, 9585.0, 9571.0, 9581.0, 9566.0, 9582.0, 9572.0, 9584.0, 9585.0, 9580.0, 9567.0, 9577.0, 9561.0, 9566.0, 9588.0, 9568.0, 9568.0, 9573.0, 9563.0, 9555.0, 9554.0, 9564.0, 9560.0, 9568.0, 9571.0, 9571.0, 9563.0, 9553.0, 9536.0, 9559.0, 9547.0, 9543.0, 9533.0, 9546.0, 9542.0, 9554.0, 9570.0, 9558.0, 9566.0, 9552.0, 9562.0, 9604.0, 9580.0, 9586.0, 9575.0, 9567.0, 9575.0, 9569.0, 9560.0, 9568.0, 9545.0, 9566.0, 9561.0, 9578.0, 9574.0, 9563.0, 9575.0, 9552.0, 9567.0, 9570.0, 9556.0, 9556.0, 9553.0, 9571.0, 9556.0, 9566.0, 9545.0, 9551.0, 9560.0, 9531.0, 9557.0, 9546.0, 9546.0, 9540.0, 9551.0, 9562.0, 9572.0, 9579.0, 9591.0, 9572.0, 9573.0, 9585.0, 9587.0, 9562.0, 9570.0, 9571.0, 9566.0, 9575.0, 9560.0, 9573.0, 9561.0, 9559.0, 9551.0, 9567.0, 9581.0, 9533.0, 9561.0, 9578.0, 9556.0, 9566.0, 9561.0, 9566.0, 9586.0, 9560.0, 9554.0, 9568.0, 9570.0, 9576.0, 9577.0, 9555.0, 9579.0, 9556.0, 9573.0, 9565.0, 9577.0, 9564.0, 9567.0, 9570.0, 9554.0, 9567.0, 9555.0, 9570.0, 9557.0, 9579.0, 9578.0, 9549.0, 9548.0, 9563.0, 9552.0, 9534.0, 9539.0, 9545.0, 9543.0, 9561.0, 9557.0, 9567.0, 9557.0, 9567.0, 9566.0, 9533.0, 9563.0, 9558.0, 9573.0, 9558.0, 9571.0, 9556.0, 9550.0, 9562.0, 9540.0, 9565.0, 9557.0, 9567.0, 9548.0, 9563.0, 9557.0, 9566.0, 9540.0, 9569.0, 9581.0, 9584.0, 9573.0, 9595.0, 9570.0, 9567.0, 9563.0, 9566.0, 9560.0, 9548.0, 9551.0, 9551.0, 9536.0, 9546.0, 9568.0, 9556.0, 9578.0, 9559.0, 9552.0, 9531.0, 9554.0, 9537.0, 9536.0, 9545.0, 9574.0, 9537.0, 9559.0, 9543.0, 9564.0, 9553.0, 9539.0, 9563.0, 9568.0, 9560.0, 9561.0, 9562.0, 9572.0, 9539.0, 9560.0, 9557.0, 9562.0, 9552.0, 9565.0, 9547.0, 9580.0, 9563.0, 9544.0, 9551.0, 9561.0, 9561.0, 9560.0, 9550.0, 9560.0, 9549.0, 9560.0, 9563.0, 9551.0, 9516.0, 9532.0, 9545.0, 9526.0, 9529.0, 9510.0, 9514.0, 9531.0, 9511.0, 9548.0, 9525.0, 9551.0, 9560.0, 9551.0, 9536.0, 9525.0, 9547.0, 9559.0, 9560.0, 9586.0, 9561.0, 9567.0, 9547.0, 9575.0, 9540.0, 9548.0, 9572.0, 9542.0, 9550.0, 9551.0, 9539.0, 9537.0, 9552.0, 9550.0, 9546.0, 9532.0, 9533.0, 9564.0, 9545.0, 9530.0, 9549.0, 9545.0, 9562.0, 9523.0, 9555.0, 9566.0, 9541.0, 9548.0, 9583.0, 9528.0, 9536.0, 9563.0, 9556.0, 9555.0, 9551.0, 9550.0, 9550.0, 9571.0, 9540.0, 9538.0, 9562.0, 9556.0, 9564.0, 9569.0, 9542.0, 9537.0, 9522.0, 9558.0, 9545.0, 9550.0, 9562.0, 9542.0, 9555.0, 9550.0, 9525.0, 9541.0, 9535.0, 9536.0, 9548.0, 9547.0, 9523.0, 9543.0, 9511.0, 9530.0, 9514.0, 9514.0, 9501.0, 9514.0, 9516.0, 9524.0, 9552.0, 9549.0, 9556.0, 9528.0, 9509.0, 9499.0, 9519.0, 9498.0, 9503.0, 9516.0, 9520.0, 9525.0, 9547.0, 9529.0, 9560.0, 9546.0, 9535.0, 9536.0, 9553.0, 9531.0, 9532.0, 9534.0, 9539.0, 9529.0, 9513.0, 9521.0, 9535.0, 9549.0, 9552.0, 9569.0, 9565.0, 9571.0, 9564.0, 9557.0, 9555.0, 9538.0, 9551.0, 9546.0, 9547.0, 9547.0, 9548.0, 9532.0, 9534.0, 9560.0, 9547.0, 9544.0, 9556.0, 9551.0, 9541.0, 9538.0, 9534.0, 9547.0, 9558.0, 9532.0, 9532.0, 9515.0, 9540.0, 9539.0, 9512.0, 9546.0, 9519.0, 9539.0, 9527.0, 9527.0, 9516.0, 9542.0, 9503.0, 9544.0], "WindowWidth": [20272.0, 20202.0, 20160.0, 20169.0, 20168.0, 20169.0, 20192.0, 20175.0, 20180.0, 20152.0, 20150.0, 20202.0, 20210.0, 20210.0, 20206.0, 20206.0, 20159.0, 20166.0, 20190.0, 20186.0, 20198.0, 20218.0, 20188.0, 20163.0, 20140.0, 20167.0, 20189.0, 20174.0, 20172.0, 20167.0, 20169.0, 20171.0, 20175.0, 20156.0, 20158.0, 20189.0, 20206.0, 20271.0, 20239.0, 20197.0, 20189.0, 20157.0, 20197.0, 20201.0, 20206.0, 20190.0, 20207.0, 20164.0, 20242.0, 20193.0, 20210.0, 20223.0, 20193.0, 20186.0, 20179.0, 20176.0, 20209.0, 20166.0, 20224.0, 20200.0, 20198.0, 20196.0, 20212.0, 20209.0, 20190.0, 20201.0, 20227.0, 20187.0, 20148.0, 20165.0, 20176.0, 20193.0, 20197.0, 20208.0, 20224.0, 20178.0, 20145.0, 20160.0, 20179.0, 20183.0, 20166.0, 20155.0, 20160.0, 20147.0, 20207.0, 20160.0, 20162.0, 20190.0, 20236.0, 20184.0, 20162.0, 20188.0, 20191.0, 20219.0, 20174.0, 20217.0, 20198.0, 20218.0, 20197.0, 20182.0, 20161.0, 20209.0, 20166.0, 20211.0, 20152.0, 20169.0, 20149.0, 20189.0, 20227.0, 20216.0, 20165.0, 20171.0, 20218.0, 20226.0, 20206.0, 20169.0, 20181.0, 20222.0, 20205.0, 20219.0, 20196.0, 20155.0, 20135.0, 20188.0, 20158.0, 20202.0, 20190.0, 20175.0, 20135.0, 20168.0, 20135.0, 20146.0, 20169.0, 20186.0, 20192.0, 20204.0, 20202.0, 20195.0, 20179.0, 20208.0, 20200.0, 20203.0, 20188.0, 20221.0, 20221.0, 20240.0, 20223.0, 20193.0, 20208.0, 20181.0, 20208.0, 20191.0, 20215.0, 20216.0, 20204.0, 20185.0, 20198.0, 20173.0, 20184.0, 20224.0, 20186.0, 20184.0, 20193.0, 20172.0, 20156.0, 20154.0, 20176.0, 20169.0, 20187.0, 20191.0, 20189.0, 20170.0, 20154.0, 20120.0, 20158.0, 20133.0, 20123.0, 20107.0, 20140.0, 20130.0, 20151.0, 20180.0, 20158.0, 20182.0, 20154.0, 20172.0, 20253.0, 20211.0, 20219.0, 20198.0, 20180.0, 20195.0, 20182.0, 20165.0, 20182.0, 20141.0, 20178.0, 20170.0, 20198.0, 20188.0, 20173.0, 20200.0, 20154.0, 20181.0, 20179.0, 20152.0, 20153.0, 20146.0, 20188.0, 20159.0, 20175.0, 20132.0, 20139.0, 20154.0, 20102.0, 20155.0, 20135.0, 20133.0, 20120.0, 20141.0, 20163.0, 20181.0, 20200.0, 20226.0, 20195.0, 20192.0, 20214.0, 20215.0, 20170.0, 20184.0, 20194.0, 20184.0, 20194.0, 20165.0, 20185.0, 20161.0, 20157.0, 20148.0, 20182.0, 20201.0, 20113.0, 20163.0, 20192.0, 20158.0, 20179.0, 20169.0, 20180.0, 20211.0, 20159.0, 20150.0, 20176.0, 20179.0, 20194.0, 20201.0, 20157.0, 20202.0, 20157.0, 20186.0, 20171.0, 20198.0, 20175.0, 20177.0, 20182.0, 20152.0, 20169.0, 20155.0, 20183.0, 20159.0, 20195.0, 20194.0, 20139.0, 20139.0, 20167.0, 20150.0, 20112.0, 20118.0, 20129.0, 20125.0, 20157.0, 20156.0, 20180.0, 20158.0, 20172.0, 20169.0, 20109.0, 20161.0, 20159.0, 20194.0, 20162.0, 20183.0, 20155.0, 20140.0, 20157.0, 20120.0, 20168.0, 20161.0, 20175.0, 20140.0, 20170.0, 20157.0, 20182.0, 20130.0, 20183.0, 20207.0, 20210.0, 20192.0, 20229.0, 20186.0, 20182.0, 20177.0, 20176.0, 20161.0, 20134.0, 20138.0, 20140.0, 20114.0, 20134.0, 20178.0, 20159.0, 20199.0, 20158.0, 20141.0, 20100.0, 20140.0, 20115.0, 20117.0, 20135.0, 20190.0, 20122.0, 20154.0, 20124.0, 20162.0, 20142.0, 20117.0, 20164.0, 20185.0, 20168.0, 20166.0, 20166.0, 20180.0, 20119.0, 20158.0, 20161.0, 20168.0, 20150.0, 20173.0, 20140.0, 20194.0, 20170.0, 20136.0, 20146.0, 20168.0, 20164.0, 20161.0, 20148.0, 20160.0, 20142.0, 20159.0, 20161.0, 20139.0, 20073.0, 20099.0, 20122.0, 20090.0, 20090.0, 20057.0, 20062.0, 20094.0, 20059.0, 20125.0, 20089.0, 20140.0, 20159.0, 20134.0, 20109.0, 20091.0, 20131.0, 20161.0, 20162.0, 20211.0, 20168.0, 20178.0, 20139.0, 20186.0, 20133.0, 20141.0, 20180.0, 20126.0, 20140.0, 20140.0, 20121.0, 20118.0, 20142.0, 20135.0, 20127.0, 20102.0, 20102.0, 20165.0, 20129.0, 20103.0, 20135.0, 20129.0, 20156.0, 20090.0, 20157.0, 20172.0, 20126.0, 20136.0, 20196.0, 20097.0, 20112.0, 20163.0, 20151.0, 20153.0, 20149.0, 20141.0, 20137.0, 20174.0, 20120.0, 20118.0, 20162.0, 20161.0, 20170.0, 20172.0, 20119.0, 20109.0, 20082.0, 20145.0, 20129.0, 20145.0, 20165.0, 20124.0, 20143.0, 20134.0, 20085.0, 20113.0, 20109.0, 20114.0, 20132.0, 20125.0, 20083.0, 20116.0, 20057.0, 20092.0, 20065.0, 20061.0, 20033.0, 20055.0, 20060.0, 20084.0, 20145.0, 20144.0, 20157.0, 20095.0, 20048.0, 20027.0, 20063.0, 20026.0, 20037.0, 20064.0, 20076.0, 20090.0, 20125.0, 20094.0, 20149.0, 20125.0, 20107.0, 20109.0, 20139.0, 20104.0, 20109.0, 20107.0, 20112.0, 20091.0, 20063.0, 20077.0, 20106.0, 20143.0, 20149.0, 20176.0, 20164.0, 20172.0, 20159.0, 20144.0, 20142.0, 20115.0, 20142.0, 20130.0, 20128.0, 20127.0, 20129.0, 20100.0, 20108.0, 20157.0, 20135.0, 20128.0, 20147.0, 20138.0, 20118.0, 20112.0, 20109.0, 20134.0, 20152.0, 20102.0, 20101.0, 20071.0, 20111.0, 20109.0, 20062.0, 20126.0, 20076.0, 20111.0, 20090.0, 20085.0, 20065.0, 20111.0, 20041.0, 20118.0]}, "slices": {}}}