{"AcquisitionMatrixPE": 96, "AcquisitionNumber": 1, "AcquisitionTime": "07:34:1.300000", "BandwidthPerPixelPhaseEncode": 33.602, "BaseResolution": 96, "BodyPartExamined": "BRAIN", "ConsistencyInfo": "N4_VD11D_LATEST_20110129", "ConversionSoftware": "dcm2niix", "ConversionSoftwareVersion": "v1.0.20210317", "DerivedVendorReportedEchoSpacing": 0.000620003, "DeviceSerialNumber": "45239", "DwellTime": 2.6e-06, "EchoTime": 0.03, "EchoTrainLength": 48, "EffectiveEchoSpacing": 0.000310001, "FlipAngle": 63, "ImageComments": "Unaliased MB4/PE3", "ImageOrientationPatientDICOM": [0.999098, -0.0107935, 0.0410724, 0.0285798, 0.886257, -0.462311], "ImageType": ["ORIGINAL", "PRIMARY", "M", "ND", "NORM", "MOSAIC"], "ImagingFrequency": 123.193, "InPlanePhaseEncodingDirectionDICOM": "COL", "InstitutionAddress": "E 24th St. 100,Austin,Southmiddle,US,78712", "InstitutionName": "Univ of Texas at Austin", "InstitutionalDepartmentName": "IRC", "MRAcquisitionType": "2D", "MagneticFieldStrength": 3, "Manufacturer": "Siemens", "ManufacturersModelName": "Skyra", "Modality": "MR", "MultibandAccelerationFactor": 4, "ParallelReductionFactorInPlane": 2, "PartialFourier": 1, "PatientPosition": "HFS", "PercentPhaseFOV": 100, "PercentSampling": 100, "PhaseEncodingDirection": "j-", "PhaseEncodingSteps": 96, "PhaseResolution": 1, "PixelBandwidth": 2005, "ProcedureStepDescription": "Poldrack2^self-scanning", "ProtocolName": "Resting State fMRI MBEPI_matrix96_BW2004", "PulseSequenceDetails": "%CustomerSeq%\\cmrr_mbep2d_bold", "ReceiveCoilActiveElements": "HEA;HEP", "ReceiveCoilName": "Head_32", "ReconMatrixPE": 96, "RefLinesPE": 94, "RepetitionTime": 1.16, "SAR": 0.108925, "ScanOptions": "FS", "ScanningSequence": "EP", "SequenceName": "epfid2d1_96", "SequenceVariant": "SK", "SeriesDescription": "Resting State fMRI MBEPI_matrix96_BW2004", "SeriesNumber": 6, "ShimSetting": [-2805, 7972, -15392, 147, -214, -183, 333, -62], "SliceThickness": 2, "SliceTiming": [0, 0.4975, 0.9975, 0.355, 0.855, 0.2125, 0.7125, 0.07, 0.57, 1.0675, 0.4275, 0.925, 0.285, 0.7825, 0.1425, 0.64, 0, 0.4975, 0.9975, 0.355, 0.855, 0.2125, 0.7125, 0.07, 0.57, 1.0675, 0.4275, 0.925, 0.285, 0.7825, 0.1425, 0.64, 0, 0.4975, 0.9975, 0.355, 0.855, 0.2125, 0.7125, 0.07, 0.57, 1.0675, 0.4275, 0.925, 0.285, 0.7825, 0.1425, 0.64, 0, 0.4975, 0.9975, 0.355, 0.855, 0.2125, 0.7125, 0.07, 0.57, 1.0675, 0.4275, 0.925, 0.285, 0.7825, 0.1425, 0.64], "SoftwareVersions": "syngo MR D11", "SpacingBetweenSlices": 2.4, "StationName": "AWP45239", "TaskName": "Resting fmri", "TotalReadoutTime": 0.0294501, "TxRefAmp": 348.805, "WipMemBlock": "fa8328b5-bf21-410a-b68d-5a9c46306271||Sequence: VD11D r206; Feb 13 2013 18:52:04 by eja", "dcmmeta_affine": [[-2.393671989440918, 0.06847240775823593, 0.07538586854934692, 112.2642822265625], [0.025859368965029716, 2.1233248710632324, -1.1113618612289429, -78.45989227294922], [0.09840262681245804, 1.107619285583496, 2.1258392333984375, -70.37205505371094], [0.0, 0.0, 0.0, 1.0]], "dcmmeta_reorient_transform": [[0.0, -1.0, 0.0, 95.0], [1.0, 0.0, 0.0, 0.0], [0.0, 0.0, 1.0, 0.0], [0.0, 0.0, 0.0, 1.0]], "dcmmeta_shape": [96, 96, 64, 518], "dcmmeta_slice_dim": 2, "dcmmeta_version": 0.6, "global": {"const": {"AcquisitionMatrix": [96, 0, 0, 96], "AngioFlag": "N", "BitsAllocated": 16, "BitsStored": 16, "BodyPartExamined": "BRAIN", "Columns": 768, "EchoNumbers": 1, "EchoTime": 30.0, "EchoTrainLength": 48, "FlipAngle": 63.0, "HighBit": 15, "ImageOrientationPatient": [0.99909787240618, -0.0107934758618, 0.04107240231907, 0.02857978876732, 0.88625733176896, -0.4623106504936], "ImagePositionPatient": [-946.04965035445, -828.00434599221, 373.94855065611], "ImageType": ["ORIGINAL", "PRIMARY", "M", "ND", "NORM", "MOSAIC"], "ImagedNucleus": "1H", "ImagingFrequency": 123.193124, "InPlanePhaseEncodingDirection": "COL", "MRAcquisitionType": "2D", "MagneticFieldStrength": 3.0, "Manufacturer": "SIEMENS", "ManufacturerModelName": "Skyra", "Modality": "MR", "NumberOfAverages": 1.0, "NumberOfPhaseEncodingSteps": 96, "PercentPhaseFieldOfView": 100.0, "PercentSampling": 100.0, "PerformedProcedureStepStartTime": "072353.421000", "PhotometricInterpretation": "MONOCHROME2", "PixelBandwidth": 2005.0, "PixelRepresentation": 0, "PixelSpacing": [2.3958332538605, 2.3958332538605], "ProtocolName": "Resting State fMRI MBEPI_matrix96_BW2004", "RepetitionTime": 1160.0, "Rows": 768, "SAR": 0.10892508113862, "SamplesPerPixel": 1, "ScanOptions": "FS", "ScanningSequence": "EP", "SequenceName": "epfid2d1_96", "SequenceVariant": "SK", "SeriesDescription": "Resting State fMRI MBEPI_matrix96_BW2004", "SeriesNumber": 6, "SeriesTime": "073440.484000", "SliceLocation": -22.474666128604, "SliceThickness": 2.0, "SmallestImagePixelValue": 0, "SoftwareVersions": "syngo MR D11", "SpacingBetweenSlices": 2.4000000370334, "SpecificCharacterSet": "ISO_IR 100", "StudyID": "1", "StudyTime": "072353.359000", "TransmitCoilName": "Body", "VariableFlipAngleFlag": "N", "WindowCenterWidthExplanation": "Algo1", "dBdt": 0.0}, "slices": {}}, "time": {"samples": {"AcquisitionNumber": [1, 2, 3, 4, 5, 6, 7, 8, 9, 10, 11, 12, 13, 14, 15, 16, 17, 18, 19, 20, 21, 22, 23, 24, 25, 26, 27, 28, 29, 30, 31, 32, 33, 34, 35, 36, 37, 38, 39, 40, 41, 42, 43, 44, 45, 46, 47, 48, 49, 50, 51, 52, 53, 54, 55, 56, 57, 58, 59, 60, 61, 62, 63, 64, 65, 66, 67, 68, 69, 70, 71, 72, 73, 74, 75, 76, 77, 78, 79, 80, 81, 82, 83, 84, 85, 86, 87, 88, 89, 90, 91, 92, 93, 94, 95, 96, 97, 98, 99, 100, 101, 102, 103, 104, 105, 106, 107, 108, 109, 110, 111, 112, 113, 114, 115, 116, 117, 118, 119, 120, 121, 122, 123, 124, 125, 126, 127, 128, 129, 130, 131, 132, 133, 134, 135, 136, 137, 138, 139, 140, 141, 142, 143, 144, 145, 146, 147, 148, 149, 150, 151, 152, 153, 154, 155, 156, 157, 158, 159, 160, 161, 162, 163, 164, 165, 166, 167, 168, 169, 170, 171, 172, 173, 174, 175, 176, 177, 178, 179, 180, 181, 182, 183, 184, 185, 186, 187, 188, 189, 190, 191, 192, 193, 194, 195, 196, 197, 198, 199, 200, 201, 202, 203, 204, 205, 206, 207, 208, 209, 210, 211, 212, 213, 214, 215, 216, 217, 218, 219, 220, 221, 222, 223, 224, 225, 226, 227, 228, 229, 230, 231, 232, 233, 234, 235, 236, 237, 238, 239, 240, 241, 242, 243, 244, 245, 246, 247, 248, 249, 250, 251, 252, 253, 254, 255, 256, 257, 258, 259, 260, 261, 262, 263, 264, 265, 266, 267, 268, 269, 270, 271, 272, 273, 274, 275, 276, 277, 278, 279, 280, 281, 282, 283, 284, 285, 286, 287, 288, 289, 290, 291, 292, 293, 294, 295, 296, 297, 298, 299, 300, 301, 302, 303, 304, 305, 306, 307, 308, 309, 310, 311, 312, 313, 314, 315, 316, 317, 318, 319, 320, 321, 322, 323, 324, 325, 326, 327, 328, 329, 330, 331, 332, 333, 334, 335, 336, 337, 338, 339, 340, 341, 342, 343, 344, 345, 346, 347, 348, 349, 350, 351, 352, 353, 354, 355, 356, 357, 358, 359, 360, 361, 362, 363, 364, 365, 366, 367, 368, 369, 370, 371, 372, 373, 374, 375, 376, 377, 378, 379, 380, 381, 382, 383, 384, 385, 386, 387, 388, 389, 390, 391, 392, 393, 394, 395, 396, 397, 398, 399, 400, 401, 402, 403, 404, 405, 406, 407, 408, 409, 410, 411, 412, 413, 414, 415, 416, 417, 418, 419, 420, 421, 422, 423, 424, 425, 426, 427, 428, 429, 430, 431, 432, 433, 434, 435, 436, 437, 438, 439, 440, 441, 442, 443, 444, 445, 446, 447, 448, 449, 450, 451, 452, 453, 454, 455, 456, 457, 458, 459, 460, 461, 462, 463, 464, 465, 466, 467, 468, 469, 470, 471, 472, 473, 474, 475, 476, 477, 478, 479, 480, 481, 482, 483, 484, 485, 486, 487, 488, 489, 490, 491, 492, 493, 494, 495, 496, 497, 498, 499, 500, 501, 502, 503, 504, 505, 506, 507, 508, 509, 510, 511, 512, 513, 514, 515, 516, 517, 518], "AcquisitionTime": ["073401.300000", "073430.300000", "073431.460000", "073432.620000", "073433.780000", "073434.940000", "073436.100000", "073437.260000", "073438.420000", "073439.580000", "073440.740000", "073441.900000", "073443.060000", "073444.220000", "073445.380000", "073446.540000", "073447.700000", "073448.860000", "073450.020000", "073451.180000", "073452.340000", "073453.500000", "073454.660000", "073455.820000", "073456.980000", "073458.140000", "073459.300000", "073500.460000", "073501.620000", "073502.780000", "073503.940000", "073505.100000", "073506.260000", "073507.420000", "073508.580000", "073509.740000", "073510.900000", "073512.060000", "073513.220000", "073514.380000", "073515.540000", "073516.700000", "073517.860000", "073519.020000", "073520.180000", "073521.340000", "073522.500000", "073523.660000", "073524.820000", "073525.980000", "073527.140000", "073528.300000", "073529.460000", "073530.620000", "073531.780000", "073532.940000", "073534.100000", "073535.260000", "073536.420000", "073537.580000", "073538.740000", "073539.900000", "073541.060000", "073542.220000", "073543.380000", "073544.540000", "073545.700000", "073546.860000", "073548.020000", "073549.180000", "073550.340000", "073551.500000", "073552.660000", "073553.820000", "073554.980000", "073556.140000", "073557.300000", "073558.460000", "073559.620000", "073600.780000", "073601.940000", "073603.100000", "073604.260000", "073605.420000", "073606.580000", "073607.740000", "073608.900000", "073610.060000", "073611.220000", "073612.380000", "073613.540000", "073614.700000", "073615.860000", "073617.020000", "073618.180000", "073619.340000", "073620.500000", "073621.660000", "073622.820000", "073623.980000", "073625.140000", "073626.300000", "073627.460000", "073628.620000", "073629.780000", "073630.940000", "073632.100000", "073633.260000", "073634.420000", "073635.580000", "073636.740000", "073637.900000", "073639.060000", "073640.220000", "073641.380000", "073642.540000", "073643.700000", "073644.860000", "073646.020000", "073647.180000", "073648.340000", "073649.500000", "073650.660000", "073651.820000", "073652.980000", "073654.140000", "073655.300000", "073656.460000", "073657.620000", "073658.780000", "073659.940000", "073701.100000", "073702.260000", "073703.420000", "073704.580000", "073705.740000", "073706.900000", "073708.060000", "073709.220000", "073710.380000", "073711.540000", "073712.700000", "073713.860000", "073715.020000", "073716.180000", "073717.340000", "073718.500000", "073719.660000", "073720.820000", "073721.980000", "073723.140000", "073724.300000", "073725.460000", "073726.620000", "073727.780000", "073728.940000", "073730.100000", "073731.260000", "073732.420000", "073733.580000", "073734.740000", "073735.900000", "073737.060000", "073738.220000", "073739.380000", "073740.540000", "073741.700000", "073742.860000", "073744.020000", "073745.180000", "073746.340000", "073747.500000", "073748.660000", "073749.820000", "073750.980000", "073752.140000", "073753.300000", "073754.460000", "073755.620000", "073756.780000", "073757.940000", "073759.100000", "073800.260000", "073801.420000", "073802.580000", "073803.740000", "073804.900000", "073806.060000", "073807.220000", "073808.380000", "073809.540000", "073810.700000", "073811.860000", "073813.020000", "073814.180000", "073815.340000", "073816.500000", "073817.660000", "073818.820000", "073819.980000", "073821.142500", "073822.302500", "073823.462500", "073824.622500", "073825.782500", "073826.942500", "073828.102500", "073829.262500", "073830.422500", "073831.582500", "073832.742500", "073833.902500", "073835.062500", "073836.222500", "073837.382500", "073838.542500", "073839.702500", "073840.862500", "073842.022500", "073843.182500", "073844.342500", "073845.502500", "073846.662500", "073847.822500", "073848.982500", "073850.142500", "073851.302500", "073852.462500", "073853.622500", "073854.782500", "073855.942500", "073857.102500", "073858.262500", "073859.422500", "073900.582500", "073901.742500", "073902.902500", "073904.062500", "073905.222500", "073906.382500", "073907.542500", "073908.702500", "073909.862500", "073911.022500", "073912.182500", "073913.342500", "073914.502500", "073915.662500", "073916.822500", "073917.982500", "073919.142500", "073920.302500", "073921.462500", "073922.622500", "073923.782500", "073924.942500", "073926.102500", "073927.262500", "073928.422500", "073929.582500", "073930.742500", "073931.902500", "073933.062500", "073934.222500", "073935.382500", "073936.542500", "073937.702500", "073938.862500", "073940.022500", "073941.182500", "073942.342500", "073943.502500", "073944.662500", "073945.822500", "073946.982500", "073948.142500", "073949.302500", "073950.462500", "073951.622500", "073952.782500", "073953.942500", "073955.102500", "073956.262500", "073957.422500", "073958.582500", "073959.742500", "074000.902500", "074002.062500", "074003.222500", "074004.382500", "074005.542500", "074006.702500", "074007.862500", "074009.022500", "074010.182500", "074011.342500", "074012.502500", "074013.662500", "074014.822500", "074015.982500", "074017.142500", "074018.302500", "074019.462500", "074020.622500", "074021.782500", "074022.942500", "074024.102500", "074025.262500", "074026.422500", "074027.582500", "074028.742500", "074029.902500", "074031.062500", "074032.222500", "074033.382500", "074034.542500", "074035.702500", "074036.862500", "074038.022500", "074039.182500", "074040.342500", "074041.502500", "074042.662500", "074043.822500", "074044.982500", "074046.142500", "074047.302500", "074048.462500", "074049.622500", "074050.782500", "074051.942500", "074053.102500", "074054.262500", "074055.422500", "074056.582500", "074057.742500", "074058.902500", "074100.062500", "074101.222500", "074102.382500", "074103.542500", "074104.702500", "074105.862500", "074107.022500", "074108.182500", "074109.342500", "074110.502500", "074111.662500", "074112.822500", "074113.982500", "074115.142500", "074116.302500", "074117.462500", "074118.622500", "074119.782500", "074120.942500", "074122.102500", "074123.262500", "074124.422500", "074125.582500", "074126.742500", "074127.902500", "074129.062500", "074130.222500", "074131.382500", "074132.542500", "074133.702500", "074134.862500", "074136.022500", "074137.182500", "074138.342500", "074139.502500", "074140.662500", "074141.822500", "074142.982500", "074144.142500", "074145.302500", "074146.462500", "074147.622500", "074148.782500", "074149.942500", "074151.102500", "074152.262500", "074153.422500", "074154.582500", "074155.742500", "074156.902500", "074158.062500", "074159.222500", "074200.382500", "074201.542500", "074202.702500", "074203.862500", "074205.022500", "074206.182500", "074207.342500", "074208.502500", "074209.662500", "074210.822500", "074211.982500", "074213.142500", "074214.302500", "074215.462500", "074216.622500", "074217.782500", "074218.942500", "074220.102500", "074221.262500", "074222.422500", "074223.582500", "074224.742500", "074225.902500", "074227.062500", "074228.222500", "074229.382500", "074230.542500", "074231.702500", "074232.862500", "074234.022500", "074235.182500", "074236.342500", "074237.502500", "074238.662500", "074239.822500", "074240.982500", "074242.142500", "074243.302500", "074244.462500", "074245.622500", "074246.782500", "074247.942500", "074249.102500", "074250.262500", "074251.422500", "074252.582500", "074253.742500", "074254.902500", "074256.062500", "074257.222500", "074258.382500", "074259.542500", "074300.702500", "074301.862500", "074303.022500", "074304.182500", "074305.342500", "074306.502500", "074307.662500", "074308.822500", "074309.982500", "074311.145000", "074312.305000", "074313.465000", "074314.625000", "074315.785000", "074316.945000", "074318.105000", "074319.265000", "074320.425000", "074321.585000", "074322.745000", "074323.905000", "074325.065000", "074326.225000", "074327.385000", "074328.545000", "074329.705000", "074330.865000", "074332.025000", "074333.185000", "074334.345000", "074335.505000", "074336.665000", "074337.825000", "074338.985000", "074340.145000", "074341.305000", "074342.465000", "074343.625000", "074344.785000", "074345.945000", "074347.105000", "074348.265000", "074349.425000", "074350.585000", "074351.745000", "074352.905000", "074354.065000", "074355.225000", "074356.385000", "074357.545000", "074358.705000", "074359.865000", "074401.025000", "074402.185000", "074403.345000", "074404.505000", "074405.665000", "074406.825000", "074407.985000", "074409.145000", "074410.305000", "074411.465000", "074412.625000", "074413.785000", "074414.945000", "074416.105000", "074417.265000", "074418.425000", "074419.585000", "074420.745000", "074421.905000", "074423.065000", "074424.225000", "074425.385000", "074426.545000", "074427.705000", "074428.865000"], "ContentTime": ["073440.484000", "073447.125000", "073447.125000", "073447.140000", "073447.140000", "073447.140000", "073447.140000", "073452.125000", "073452.125000", "073452.125000", "073457.125000", "073457.125000", "073457.125000", "073457.140000", "073502.125000", "073502.125000", "073502.125000", "073507.125000", "073507.125000", "073507.125000", "073507.140000", "073512.125000", "073512.125000", "073512.125000", "073512.140000", "073517.125000", "073517.125000", "073517.125000", "073517.140000", "073522.125000", "073522.125000", "073522.125000", "073522.140000", "073527.125000", "073527.125000", "073527.140000", "073527.140000", "073532.125000", "073532.125000", "073532.125000", "073537.125000", "073537.125000", "073537.125000", "073537.140000", "073542.125000", "073542.125000", "073542.125000", "073542.140000", "073547.125000", "073547.125000", "073547.125000", "073547.140000", "073552.125000", "073552.125000", "073552.125000", "073552.140000", "073557.125000", "073557.125000", "073557.125000", "073557.140000", "073602.125000", "073602.125000", "073602.125000", "073602.140000", "073607.125000", "073607.125000", "073607.125000", "073612.125000", "073612.140000", "073612.140000", "073612.140000", "073617.125000", "073617.125000", "073617.125000", "073622.125000", "073622.125000", "073622.140000", "073622.140000", "073622.140000", "073627.125000", "073627.125000", "073627.125000", "073632.125000", "073632.125000", "073632.125000", "073632.140000", "073637.125000", "073637.125000", "073637.140000", "073637.140000", "073642.125000", "073642.125000", "073642.125000", "073642.140000", "073647.125000", "073647.125000", "073647.125000", "073647.140000", "073652.125000", "073652.125000", "073652.125000", "073657.125000", "073657.125000", "073657.125000", "073657.140000", "073702.125000", "073702.125000", "073702.125000", "073702.140000", "073707.125000", "073707.125000", "073707.125000", "073707.140000", "073712.125000", "073712.125000", "073712.125000", "073717.125000", "073717.125000", "073717.125000", "073717.140000", "073722.125000", "073722.125000", "073722.125000", "073722.140000", "073727.125000", "073727.125000", "073727.125000", "073727.140000", "073732.125000", "073732.125000", "073732.125000", "073732.140000", "073737.125000", "073737.125000", "073737.140000", "073742.125000", "073742.125000", "073742.125000", "073742.140000", "073747.125000", "073747.125000", "073747.140000", "073747.140000", "073752.125000", "073752.125000", "073752.125000", "073752.140000", "073757.125000", "073757.125000", "073757.125000", "073757.140000", "073802.125000", "073802.125000", "073802.125000", "073802.140000", "073807.125000", "073807.125000", "073807.125000", "073807.140000", "073812.125000", "073812.125000", "073812.125000", "073812.140000", "073817.125000", "073817.125000", "073817.125000", "073822.125000", "073822.125000", "073822.125000", "073822.140000", "073827.125000", "073827.125000", "073827.125000", "073827.140000", "073832.125000", "073832.125000", "073832.125000", "073832.140000", "073837.125000", "073837.125000", "073837.125000", "073842.125000", "073842.125000", "073842.125000", "073842.140000", "073847.125000", "073847.125000", "073847.125000", "073847.140000", "073852.125000", "073852.125000", "073852.125000", "073852.140000", "073857.125000", "073857.125000", "073857.125000", "073857.140000", "073902.125000", "073902.125000", "073902.125000", "073907.125000", "073907.125000", "073907.125000", "073907.140000", "073912.125000", "073912.125000", "073912.125000", "073912.140000", "073917.125000", "073917.125000", "073917.125000", "073917.140000", "073922.125000", "073922.125000", "073922.125000", "073927.125000", "073927.125000", "073927.125000", "073927.140000", "073932.125000", "073932.140000", "073932.140000", "073932.140000", "073937.125000", "073937.125000", "073937.125000", "073937.140000", "073942.125000", "073942.125000", "073942.125000", "073942.140000", "073947.125000", "073947.125000", "073947.140000", "073952.125000", "073952.125000", "073952.125000", "073952.140000", "073957.125000", "073957.125000", "073957.125000", "073957.140000", "074002.125000", "074002.125000", "074002.125000", "074007.125000", "074007.125000", "074007.125000", "074007.140000", "074012.125000", "074012.125000", "074012.125000", "074012.140000", "074017.125000", "074017.125000", "074017.125000", "074017.140000", "074022.125000", "074022.125000", "074022.140000", "074022.140000", "074027.125000", "074027.125000", "074027.125000", "074027.140000", "074032.125000", "074032.125000", "074032.125000", "074037.125000", "074037.125000", "074037.125000", "074037.140000", "074042.125000", "074042.125000", "074042.125000", "074047.125000", "074047.125000", "074047.140000", "074047.140000", "074052.125000", "074052.125000", "074052.140000", "074052.140000", "074057.125000", "074057.125000", "074057.125000", "074057.140000", "074102.125000", "074102.125000", "074102.125000", "074102.140000", "074107.125000", "074107.125000", "074107.125000", "074107.140000", "074112.125000", "074112.125000", "074112.125000", "074117.125000", "074117.125000", "074117.125000", "074117.140000", "074122.125000", "074122.125000", "074122.125000", "074127.125000", "074127.125000", "074127.125000", "074127.140000", "074127.140000", "074132.125000", "074132.125000", "074132.125000", "074132.140000", "074137.125000", "074137.125000", "074137.125000", "074142.125000", "074142.125000", "074142.125000", "074142.140000", "074147.125000", "074147.125000", "074147.125000", "074147.140000", "074152.125000", "074152.125000", "074152.125000", "074157.125000", "074157.125000", "074157.125000", "074157.140000", "074202.125000", "074202.125000", "074202.125000", "074202.140000", "074207.125000", "074207.125000", "074207.125000", "074207.140000", "074212.125000", "074212.125000", "074212.125000", "074217.125000", "074217.125000", "074217.125000", "074217.140000", "074222.125000", "074222.125000", "074222.125000", "074222.140000", "074227.125000", "074227.125000", "074227.125000", "074227.140000", "074232.125000", "074232.140000", "074232.140000", "074232.140000", "074237.125000", "074237.125000", "074237.125000", "074237.140000", "074247.125000", "074247.125000", "074247.125000", "074247.140000", "074247.140000", "074247.140000", "074247.140000", "074252.125000", "074252.125000", "074252.125000", "074252.140000", "074257.125000", "074257.125000", "074257.125000", "074257.140000", "074302.125000", "074302.125000", "074302.140000", "074302.140000", "074307.125000", "074307.125000", "074307.125000", "074312.125000", "074312.125000", "074312.140000", "074312.140000", "074317.125000", "074317.125000", "074317.125000", "074317.140000", "074322.125000", "074322.125000", "074322.140000", "074327.125000", "074327.125000", "074327.125000", "074327.140000", "074332.125000", "074332.125000", "074332.125000", "074332.140000", "074337.125000", "074337.125000", "074337.125000", "074342.125000", "074342.125000", "074342.125000", "074342.140000", "074347.125000", "074347.125000", "074347.125000", "074347.140000", "074352.125000", "074352.125000", "074352.125000", "074352.140000", "074357.125000", "074357.125000", "074357.125000", "074357.140000", "074402.125000", "074402.125000", "074402.125000", "074402.140000", "074407.125000", "074407.125000", "074407.125000", "074412.125000", "074412.140000", "074412.140000", "074412.156000", "074417.125000", "074417.125000", "074417.125000", "074417.140000", "074422.125000", "074422.125000", "074422.125000", "074422.140000", "074427.125000", "074427.125000", "074427.125000", "074432.125000", "074432.125000", "074432.125000", "074432.140000", "074437.125000", "074437.125000", "074437.125000", "074437.140000", "074442.125000", "074442.125000", "074442.125000", "074442.140000", "074447.125000", "074447.125000", "074447.125000", "074447.140000", "074452.125000", "074452.125000", "074452.140000", "074452.140000", "074457.125000", "074457.125000", "074457.125000", "074457.140000", "074502.125000", "074502.125000", "074502.125000", "074507.125000", "074507.125000", "074507.125000", "074507.140000", "074512.125000", "074512.140000", "074512.140000", "074512.140000", "074517.125000", "074517.125000", "074517.125000", "074517.140000", "074522.125000", "074522.125000", "074522.125000", "074522.140000", "074527.125000", "074527.125000", "074527.125000", "074527.140000", "074532.125000", "074532.125000", "074532.140000", "074537.125000", "074537.125000", "074537.125000", "074537.140000", "074542.125000", "074542.125000", "074542.125000", "074542.140000", "074547.125000", "074547.125000", "074547.125000", "074547.140000", "074552.125000", "074552.125000", "074552.125000", "074552.140000", "074557.125000", "074557.125000", "074557.125000", "074557.140000", "074600.015000", "074600.015000", "074600.015000"], "InstanceCreationTime": ["073440.484000", "073447.125000", "073447.125000", "073447.140000", "073447.140000", "073447.140000", "073447.140000", "073452.125000", "073452.125000", "073452.125000", "073457.125000", "073457.125000", "073457.125000", "073457.140000", "073502.125000", "073502.125000", "073502.125000", "073507.125000", "073507.125000", "073507.125000", "073507.140000", "073512.125000", "073512.125000", "073512.125000", "073512.140000", "073517.125000", "073517.125000", "073517.125000", "073517.140000", "073522.125000", "073522.125000", "073522.125000", "073522.140000", "073527.125000", "073527.125000", "073527.140000", "073527.140000", "073532.125000", "073532.125000", "073532.125000", "073537.125000", "073537.125000", "073537.125000", "073537.140000", "073542.125000", "073542.125000", "073542.125000", "073542.140000", "073547.125000", "073547.125000", "073547.125000", "073547.140000", "073552.125000", "073552.125000", "073552.125000", "073552.140000", "073557.125000", "073557.125000", "073557.125000", "073557.140000", "073602.125000", "073602.125000", "073602.125000", "073602.140000", "073607.125000", "073607.125000", "073607.125000", "073612.125000", "073612.140000", "073612.140000", "073612.140000", "073617.125000", "073617.125000", "073617.125000", "073622.125000", "073622.125000", "073622.140000", "073622.140000", "073622.140000", "073627.125000", "073627.125000", "073627.125000", "073632.125000", "073632.125000", "073632.125000", "073632.140000", "073637.125000", "073637.125000", "073637.140000", "073637.140000", "073642.125000", "073642.125000", "073642.125000", "073642.140000", "073647.125000", "073647.125000", "073647.125000", "073647.140000", "073652.125000", "073652.125000", "073652.125000", "073657.125000", "073657.125000", "073657.125000", "073657.140000", "073702.125000", "073702.125000", "073702.125000", "073702.140000", "073707.125000", "073707.125000", "073707.125000", "073707.140000", "073712.125000", "073712.125000", "073712.125000", "073717.125000", "073717.125000", "073717.125000", "073717.140000", "073722.125000", "073722.125000", "073722.125000", "073722.140000", "073727.125000", "073727.125000", "073727.125000", "073727.140000", "073732.125000", "073732.125000", "073732.125000", "073732.140000", "073737.125000", "073737.125000", "073737.140000", "073742.125000", "073742.125000", "073742.125000", "073742.140000", "073747.125000", "073747.125000", "073747.140000", "073747.140000", "073752.125000", "073752.125000", "073752.125000", "073752.140000", "073757.125000", "073757.125000", "073757.125000", "073757.140000", "073802.125000", "073802.125000", "073802.125000", "073802.140000", "073807.125000", "073807.125000", "073807.125000", "073807.140000", "073812.125000", "073812.125000", "073812.125000", "073812.140000", "073817.125000", "073817.125000", "073817.125000", "073822.125000", "073822.125000", "073822.125000", "073822.140000", "073827.125000", "073827.125000", "073827.125000", "073827.140000", "073832.125000", "073832.125000", "073832.125000", "073832.140000", "073837.125000", "073837.125000", "073837.125000", "073842.125000", "073842.125000", "073842.125000", "073842.140000", "073847.125000", "073847.125000", "073847.125000", "073847.140000", "073852.125000", "073852.125000", "073852.125000", "073852.140000", "073857.125000", "073857.125000", "073857.125000", "073857.140000", "073902.125000", "073902.125000", "073902.125000", "073907.125000", "073907.125000", "073907.125000", "073907.140000", "073912.125000", "073912.125000", "073912.125000", "073912.140000", "073917.125000", "073917.125000", "073917.125000", "073917.140000", "073922.125000", "073922.125000", "073922.125000", "073927.125000", "073927.125000", "073927.125000", "073927.140000", "073932.125000", "073932.140000", "073932.140000", "073932.140000", "073937.125000", "073937.125000", "073937.125000", "073937.140000", "073942.125000", "073942.125000", "073942.125000", "073942.140000", "073947.125000", "073947.125000", "073947.140000", "073952.125000", "073952.125000", "073952.125000", "073952.140000", "073957.125000", "073957.125000", "073957.125000", "073957.140000", "074002.125000", "074002.125000", "074002.125000", "074007.125000", "074007.125000", "074007.125000", "074007.140000", "074012.125000", "074012.125000", "074012.125000", "074012.140000", "074017.125000", "074017.125000", "074017.125000", "074017.140000", "074022.125000", "074022.125000", "074022.140000", "074022.140000", "074027.125000", "074027.125000", "074027.125000", "074027.140000", "074032.125000", "074032.125000", "074032.125000", "074037.125000", "074037.125000", "074037.125000", "074037.140000", "074042.125000", "074042.125000", "074042.125000", "074047.125000", "074047.125000", "074047.140000", "074047.140000", "074052.125000", "074052.125000", "074052.140000", "074052.140000", "074057.125000", "074057.125000", "074057.125000", "074057.140000", "074102.125000", "074102.125000", "074102.125000", "074102.140000", "074107.125000", "074107.125000", "074107.125000", "074107.140000", "074112.125000", "074112.125000", "074112.125000", "074117.125000", "074117.125000", "074117.125000", "074117.140000", "074122.125000", "074122.125000", "074122.125000", "074127.125000", "074127.125000", "074127.125000", "074127.140000", "074127.140000", "074132.125000", "074132.125000", "074132.125000", "074132.140000", "074137.125000", "074137.125000", "074137.125000", "074142.125000", "074142.125000", "074142.125000", "074142.140000", "074147.125000", "074147.125000", "074147.125000", "074147.140000", "074152.125000", "074152.125000", "074152.125000", "074157.125000", "074157.125000", "074157.125000", "074157.140000", "074202.125000", "074202.125000", "074202.125000", "074202.140000", "074207.125000", "074207.125000", "074207.125000", "074207.140000", "074212.125000", "074212.125000", "074212.125000", "074217.125000", "074217.125000", "074217.125000", "074217.140000", "074222.125000", "074222.125000", "074222.125000", "074222.140000", "074227.125000", "074227.125000", "074227.125000", "074227.140000", "074232.125000", "074232.140000", "074232.140000", "074232.140000", "074237.125000", "074237.125000", "074237.125000", "074237.140000", "074247.125000", "074247.125000", "074247.125000", "074247.140000", "074247.140000", "074247.140000", "074247.140000", "074252.125000", "074252.125000", "074252.125000", "074252.140000", "074257.125000", "074257.125000", "074257.125000", "074257.140000", "074302.125000", "074302.125000", "074302.140000", "074302.140000", "074307.125000", "074307.125000", "074307.125000", "074312.125000", "074312.125000", "074312.140000", "074312.140000", "074317.125000", "074317.125000", "074317.125000", "074317.140000", "074322.125000", "074322.125000", "074322.140000", "074327.125000", "074327.125000", "074327.125000", "074327.140000", "074332.125000", "074332.125000", "074332.125000", "074332.140000", "074337.125000", "074337.125000", "074337.125000", "074342.125000", "074342.125000", "074342.125000", "074342.140000", "074347.125000", "074347.125000", "074347.125000", "074347.140000", "074352.125000", "074352.125000", "074352.125000", "074352.140000", "074357.125000", "074357.125000", "074357.125000", "074357.140000", "074402.125000", "074402.125000", "074402.125000", "074402.140000", "074407.125000", "074407.125000", "074407.125000", "074412.125000", "074412.140000", "074412.140000", "074412.156000", "074417.125000", "074417.125000", "074417.125000", "074417.140000", "074422.125000", "074422.125000", "074422.125000", "074422.140000", "074427.125000", "074427.125000", "074427.125000", "074432.125000", "074432.125000", "074432.125000", "074432.140000", "074437.125000", "074437.125000", "074437.125000", "074437.140000", "074442.125000", "074442.125000", "074442.125000", "074442.140000", "074447.125000", "074447.125000", "074447.125000", "074447.140000", "074452.125000", "074452.125000", "074452.140000", "074452.140000", "074457.125000", "074457.125000", "074457.125000", "074457.140000", "074502.125000", "074502.125000", "074502.125000", "074507.125000", "074507.125000", "074507.125000", "074507.140000", "074512.125000", "074512.140000", "074512.140000", "074512.140000", "074517.125000", "074517.125000", "074517.125000", "074517.140000", "074522.125000", "074522.125000", "074522.125000", "074522.140000", "074527.125000", "074527.125000", "074527.125000", "074527.140000", "074532.125000", "074532.125000", "074532.140000", "074537.125000", "074537.125000", "074537.125000", "074537.140000", "074542.125000", "074542.125000", "074542.125000", "074542.140000", "074547.125000", "074547.125000", "074547.125000", "074547.140000", "074552.125000", "074552.125000", "074552.125000", "074552.140000", "074557.125000", "074557.125000", "074557.125000", "074557.140000", "074600.015000", "074600.015000", "074600.015000"], "InstanceNumber": [1, 2, 3, 4, 5, 6, 7, 8, 9, 10, 11, 12, 13, 14, 15, 16, 17, 18, 19, 20, 21, 22, 23, 24, 25, 26, 27, 28, 29, 30, 31, 32, 33, 34, 35, 36, 37, 38, 39, 40, 41, 42, 43, 44, 45, 46, 47, 48, 49, 50, 51, 52, 53, 54, 55, 56, 57, 58, 59, 60, 61, 62, 63, 64, 65, 66, 67, 68, 69, 70, 71, 72, 73, 74, 75, 76, 77, 78, 79, 80, 81, 82, 83, 84, 85, 86, 87, 88, 89, 90, 91, 92, 93, 94, 95, 96, 97, 98, 99, 100, 101, 102, 103, 104, 105, 106, 107, 108, 109, 110, 111, 112, 113, 114, 115, 116, 117, 118, 119, 120, 121, 122, 123, 124, 125, 126, 127, 128, 129, 130, 131, 132, 133, 134, 135, 136, 137, 138, 139, 140, 141, 142, 143, 144, 145, 146, 147, 148, 149, 150, 151, 152, 153, 154, 155, 156, 157, 158, 159, 160, 161, 162, 163, 164, 165, 166, 167, 168, 169, 170, 171, 172, 173, 174, 175, 176, 177, 178, 179, 180, 181, 182, 183, 184, 185, 186, 187, 188, 189, 190, 191, 192, 193, 194, 195, 196, 197, 198, 199, 200, 201, 202, 203, 204, 205, 206, 207, 208, 209, 210, 211, 212, 213, 214, 215, 216, 217, 218, 219, 220, 221, 222, 223, 224, 225, 226, 227, 228, 229, 230, 231, 232, 233, 234, 235, 236, 237, 238, 239, 240, 241, 242, 243, 244, 245, 246, 247, 248, 249, 250, 251, 252, 253, 254, 255, 256, 257, 258, 259, 260, 261, 262, 263, 264, 265, 266, 267, 268, 269, 270, 271, 272, 273, 274, 275, 276, 277, 278, 279, 280, 281, 282, 283, 284, 285, 286, 287, 288, 289, 290, 291, 292, 293, 294, 295, 296, 297, 298, 299, 300, 301, 302, 303, 304, 305, 306, 307, 308, 309, 310, 311, 312, 313, 314, 315, 316, 317, 318, 319, 320, 321, 322, 323, 324, 325, 326, 327, 328, 329, 330, 331, 332, 333, 334, 335, 336, 337, 338, 339, 340, 341, 342, 343, 344, 345, 346, 347, 348, 349, 350, 351, 352, 353, 354, 355, 356, 357, 358, 359, 360, 361, 362, 363, 364, 365, 366, 367, 368, 369, 370, 371, 372, 373, 374, 375, 376, 377, 378, 379, 380, 381, 382, 383, 384, 385, 386, 387, 388, 389, 390, 391, 392, 393, 394, 395, 396, 397, 398, 399, 400, 401, 402, 403, 404, 405, 406, 407, 408, 409, 410, 411, 412, 413, 414, 415, 416, 417, 418, 419, 420, 421, 422, 423, 424, 425, 426, 427, 428, 429, 430, 431, 432, 433, 434, 435, 436, 437, 438, 439, 440, 441, 442, 443, 444, 445, 446, 447, 448, 449, 450, 451, 452, 453, 454, 455, 456, 457, 458, 459, 460, 461, 462, 463, 464, 465, 466, 467, 468, 469, 470, 471, 472, 473, 474, 475, 476, 477, 478, 479, 480, 481, 482, 483, 484, 485, 486, 487, 488, 489, 490, 491, 492, 493, 494, 495, 496, 497, 498, 499, 500, 501, 502, 503, 504, 505, 506, 507, 508, 509, 510, 511, 512, 513, 514, 515, 516, 517, 518], "LargestImagePixelValue": [25576, 25150, 24786, 24989, 25086, 24770, 24885, 24704, 25147, 24614, 24653, 26123, 24842, 24481, 24544, 25611, 24171, 24614, 25809, 24458, 24814, 24465, 24748, 24867, 24635, 24395, 24395, 24828, 25444, 24823, 24790, 24647, 24674, 24985, 24595, 25135, 25907, 26240, 24829, 24349, 24766, 24765, 25003, 25450, 26216, 26626, 24624, 25812, 24773, 24466, 26084, 24460, 25011, 24868, 25049, 24530, 24644, 24777, 24353, 24732, 24821, 25480, 25987, 24609, 24430, 25276, 24772, 24571, 24355, 24892, 24879, 24975, 24688, 24639, 24588, 24532, 24727, 25791, 24794, 24351, 24398, 25518, 24689, 24274, 24838, 25921, 25665, 24341, 24349, 26875, 24394, 24856, 25975, 24527, 25011, 24346, 24393, 24352, 26768, 24864, 24299, 25174, 24648, 25499, 24446, 24372, 26921, 25033, 24195, 24467, 24811, 24558, 24634, 24830, 24343, 24330, 24588, 24614, 24413, 24703, 25013, 24949, 25347, 24291, 24546, 25464, 25147, 24939, 24763, 24752, 24596, 24788, 26945, 24793, 24284, 24703, 27656, 24637, 24800, 24619, 25123, 25221, 24954, 24819, 24750, 24574, 25497, 26410, 24902, 25374, 26291, 26221, 24677, 24316, 24170, 24476, 24632, 24589, 24803, 24525, 24527, 24600, 25614, 26061, 25839, 26665, 26038, 24387, 24164, 24342, 24515, 24554, 24916, 26477, 25450, 24687, 24195, 26877, 24352, 24495, 24179, 24826, 25229, 24853, 24318, 24161, 24238, 26368, 24841, 24953, 24705, 24756, 24905, 25656, 24474, 24681, 26605, 25227, 26676, 24671, 24302, 24194, 24620, 24771, 24657, 24177, 24367, 24199, 24310, 26837, 27158, 24435, 24077, 25245, 24289, 24764, 25680, 26965, 24261, 25065, 24540, 25135, 24656, 25974, 25162, 28127, 25804, 25012, 26334, 24774, 24246, 24501, 26680, 25131, 26045, 25397, 24631, 24493, 24390, 25851, 25672, 24470, 24237, 24648, 25111, 24475, 24496, 24454, 27043, 24016, 24397, 24389, 24435, 25871, 24827, 27676, 26798, 24836, 25865, 24696, 24605, 25134, 26037, 26534, 25773, 24479, 24682, 24424, 24570, 25791, 24850, 24723, 24360, 24552, 25159, 26212, 24572, 24617, 24484, 24325, 26731, 27183, 24626, 24439, 24573, 25701, 25249, 24343, 24937, 24452, 25585, 26112, 25832, 24617, 24615, 25231, 27018, 27526, 24636, 24810, 24477, 24791, 25187, 25011, 25804, 24903, 25878, 24439, 24307, 25844, 26530, 24375, 25856, 24556, 24490, 24253, 24317, 24527, 26555, 24008, 24394, 24332, 24694, 24575, 24533, 24547, 25769, 25014, 25209, 24643, 24166, 24720, 24651, 24383, 24638, 24411, 25839, 24903, 25305, 24739, 24704, 24592, 24746, 24712, 25475, 25924, 26626, 25433, 29032, 26308, 24426, 26106, 24517, 25160, 27300, 25903, 24634, 26135, 25688, 24629, 24824, 25172, 24620, 24482, 24828, 25209, 26172, 26982, 24549, 26075, 24376, 26694, 24891, 24264, 24537, 24653, 24659, 26020, 24232, 24661, 25013, 24708, 24863, 25585, 24596, 24682, 24846, 24709, 25871, 24780, 24732, 25099, 25277, 25535, 26033, 25296, 27061, 24423, 24787, 24987, 26130, 24549, 25864, 24993, 26138, 24868, 25076, 24452, 24905, 24946, 24493, 24915, 24660, 27059, 24624, 25833, 25221, 25076, 24952, 25700, 24871, 24564, 25883, 25969, 26080, 27322, 26360, 25311, 26215, 25752, 24522, 24543, 24405, 24811, 25963, 27307, 24489, 24306, 24504, 24351, 24550, 28200, 24617, 24743, 24834, 25992, 25714, 25024, 24997, 24396, 24861, 25545, 24905, 24677, 24798, 26434, 25528, 26854, 25944, 25732, 24568, 24678, 24852, 24696, 24911, 24796, 24433, 24889, 24687, 27648, 25099, 25703, 24513, 24497, 25287, 26069, 24763, 24868, 26559, 27373, 24386, 25546, 24043, 27453, 24823, 24888, 26568, 25787, 25731, 24953, 25788, 24789, 24728, 24795, 24684, 24908, 26841, 25519, 25694, 25135, 24628, 24406, 24302, 25410, 25393, 24677, 24811, 24929, 25403, 25752, 24762, 27075, 24780, 26159, 24894, 24648, 26270, 27138], "WindowCenter": [9939.0, 9932.0, 9936.0, 9952.0, 9960.0, 9964.0, 9936.0, 9934.0, 9936.0, 9933.0, 9929.0, 9949.0, 9950.0, 9942.0, 9933.0, 9936.0, 9917.0, 9932.0, 9934.0, 9938.0, 9958.0, 9935.0, 9920.0, 9949.0, 9946.0, 9936.0, 9923.0, 9922.0, 9925.0, 9913.0, 9930.0, 9937.0, 9939.0, 9960.0, 9944.0, 9942.0, 9929.0, 9949.0, 9947.0, 9938.0, 9931.0, 9933.0, 9945.0, 9941.0, 9956.0, 9961.0, 9941.0, 9936.0, 9953.0, 9936.0, 9952.0, 9937.0, 9945.0, 9933.0, 9939.0, 9934.0, 9918.0, 9914.0, 9908.0, 9917.0, 9916.0, 9917.0, 9929.0, 9916.0, 9907.0, 9950.0, 9923.0, 9943.0, 9940.0, 9954.0, 9943.0, 9938.0, 9935.0, 9934.0, 9929.0, 9945.0, 9930.0, 9954.0, 9936.0, 9929.0, 9919.0, 9927.0, 9915.0, 9932.0, 9933.0, 9931.0, 9924.0, 9917.0, 9900.0, 9915.0, 9926.0, 9934.0, 9933.0, 9912.0, 9913.0, 9909.0, 9903.0, 9921.0, 9934.0, 9936.0, 9932.0, 9928.0, 9920.0, 9908.0, 9902.0, 9906.0, 9931.0, 9915.0, 9910.0, 9919.0, 9908.0, 9910.0, 9918.0, 9924.0, 9923.0, 9923.0, 9932.0, 9934.0, 9923.0, 9943.0, 9942.0, 9921.0, 9913.0, 9928.0, 9919.0, 9920.0, 9948.0, 9950.0, 9954.0, 9944.0, 9943.0, 9928.0, 9936.0, 9947.0, 9950.0, 9956.0, 9964.0, 9935.0, 9942.0, 9921.0, 9940.0, 9900.0, 9891.0, 9900.0, 9896.0, 9888.0, 9924.0, 9926.0, 9909.0, 9906.0, 9916.0, 9919.0, 9910.0, 9912.0, 9905.0, 9903.0, 9912.0, 9917.0, 9911.0, 9918.0, 9920.0, 9916.0, 9901.0, 9889.0, 9888.0, 9881.0, 9877.0, 9876.0, 9862.0, 9884.0, 9894.0, 9883.0, 9911.0, 9893.0, 9889.0, 9893.0, 9887.0, 9912.0, 9911.0, 9917.0, 9921.0, 9944.0, 9937.0, 9918.0, 9908.0, 9905.0, 9885.0, 9908.0, 9900.0, 9895.0, 9889.0, 9912.0, 9905.0, 9907.0, 9881.0, 9901.0, 9919.0, 9914.0, 9911.0, 9915.0, 9915.0, 9908.0, 9904.0, 9897.0, 9904.0, 9888.0, 9896.0, 9890.0, 9893.0, 9916.0, 9923.0, 9912.0, 9900.0, 9922.0, 9919.0, 9908.0, 9911.0, 9917.0, 9902.0, 9908.0, 9892.0, 9894.0, 9907.0, 9925.0, 9927.0, 9935.0, 9914.0, 9896.0, 9888.0, 9913.0, 9898.0, 9901.0, 9919.0, 9903.0, 9908.0, 9909.0, 9910.0, 9881.0, 9903.0, 9901.0, 9902.0, 9884.0, 9884.0, 9889.0, 9904.0, 9888.0, 9902.0, 9905.0, 9920.0, 9906.0, 9906.0, 9916.0, 9934.0, 9933.0, 9925.0, 9937.0, 9914.0, 9910.0, 9932.0, 9921.0, 9924.0, 9931.0, 9922.0, 9920.0, 9902.0, 9892.0, 9907.0, 9891.0, 9899.0, 9906.0, 9902.0, 9901.0, 9919.0, 9893.0, 9907.0, 9921.0, 9909.0, 9909.0, 9924.0, 9924.0, 9935.0, 9937.0, 9894.0, 9906.0, 9910.0, 9904.0, 9907.0, 9916.0, 9911.0, 9924.0, 9916.0, 9911.0, 9901.0, 9908.0, 9902.0, 9896.0, 9915.0, 9890.0, 9891.0, 9893.0, 9901.0, 9914.0, 9900.0, 9908.0, 9904.0, 9890.0, 9902.0, 9893.0, 9888.0, 9887.0, 9895.0, 9879.0, 9897.0, 9893.0, 9890.0, 9904.0, 9901.0, 9901.0, 9939.0, 9917.0, 9898.0, 9919.0, 9890.0, 9903.0, 9902.0, 9899.0, 9902.0, 9874.0, 9898.0, 9893.0, 9882.0, 9870.0, 9885.0, 9900.0, 9896.0, 9893.0, 9904.0, 9895.0, 9907.0, 9921.0, 9907.0, 9909.0, 9941.0, 9943.0, 9930.0, 9921.0, 9912.0, 9917.0, 9921.0, 9892.0, 9877.0, 9880.0, 9884.0, 9890.0, 9895.0, 9881.0, 9863.0, 9858.0, 9873.0, 9863.0, 9873.0, 9888.0, 9888.0, 9872.0, 9870.0, 9884.0, 9888.0, 9881.0, 9881.0, 9881.0, 9866.0, 9889.0, 9874.0, 9870.0, 9887.0, 9874.0, 9907.0, 9911.0, 9883.0, 9876.0, 9910.0, 9888.0, 9883.0, 9918.0, 9887.0, 9906.0, 9894.0, 9897.0, 9906.0, 9910.0, 9915.0, 9931.0, 9939.0, 9924.0, 9930.0, 9908.0, 9919.0, 9899.0, 9882.0, 9896.0, 9902.0, 9898.0, 9904.0, 9925.0, 9907.0, 9899.0, 9903.0, 9885.0, 9903.0, 9909.0, 9903.0, 9888.0, 9890.0, 9908.0, 9905.0, 9910.0, 9911.0, 9926.0, 9927.0, 9919.0, 9918.0, 9905.0, 9903.0, 9896.0, 9904.0, 9893.0, 9883.0, 9879.0, 9864.0, 9883.0, 9880.0, 9887.0, 9903.0, 9892.0, 9880.0, 9899.0, 9870.0, 9873.0, 9873.0, 9853.0, 9864.0, 9889.0, 9883.0, 9895.0, 9905.0, 9903.0, 9898.0, 9897.0, 9883.0, 9897.0, 9905.0, 9913.0, 9906.0, 9888.0, 9895.0, 9892.0, 9892.0, 9891.0, 9870.0, 9866.0, 9879.0, 9893.0, 9923.0, 9910.0, 9916.0, 9920.0, 9900.0, 9899.0, 9887.0, 9921.0, 9891.0, 9898.0, 9895.0, 9880.0, 9883.0, 9867.0, 9884.0, 9874.0, 9886.0, 9879.0, 9881.0, 9887.0, 9867.0, 9895.0, 9899.0, 9905.0, 9915.0, 9906.0, 9892.0, 9867.0, 9876.0, 9880.0, 9881.0, 9869.0, 9859.0, 9870.0, 9885.0, 9898.0, 9869.0, 9889.0, 9876.0, 9875.0, 9890.0, 9885.0, 9902.0, 9909.0, 9915.0, 9920.0, 9912.0, 9929.0, 9886.0, 9900.0, 9887.0, 9881.0, 9895.0, 9876.0, 9882.0, 9885.0], "WindowWidth": [21096.0, 21080.0, 21089.0, 21126.0, 21144.0, 21143.0, 21082.0, 21079.0, 21080.0, 21076.0, 21074.0, 21120.0, 21123.0, 21101.0, 21079.0, 21081.0, 21041.0, 21072.0, 21084.0, 21087.0, 21122.0, 21082.0, 21055.0, 21111.0, 21103.0, 21079.0, 21056.0, 21050.0, 21058.0, 21044.0, 21074.0, 21086.0, 21096.0, 21132.0, 21101.0, 21096.0, 21077.0, 21113.0, 21107.0, 21090.0, 21074.0, 21082.0, 21108.0, 21100.0, 21128.0, 21135.0, 21094.0, 21092.0, 21121.0, 21087.0, 21117.0, 21089.0, 21100.0, 21082.0, 21094.0, 21076.0, 21040.0, 21033.0, 21018.0, 21035.0, 21039.0, 21043.0, 21066.0, 21041.0, 21024.0, 21110.0, 21063.0, 21098.0, 21092.0, 21116.0, 21098.0, 21089.0, 21082.0, 21080.0, 21072.0, 21101.0, 21076.0, 21124.0, 21089.0, 21069.0, 21046.0, 21060.0, 21039.0, 21071.0, 21079.0, 21075.0, 21057.0, 21040.0, 21006.0, 21036.0, 21056.0, 21077.0, 21075.0, 21032.0, 21032.0, 21022.0, 21010.0, 21045.0, 21079.0, 21089.0, 21076.0, 21064.0, 21045.0, 21017.0, 21008.0, 21017.0, 21069.0, 21034.0, 21021.0, 21036.0, 21018.0, 21026.0, 21046.0, 21057.0, 21054.0, 21056.0, 21073.0, 21079.0, 21058.0, 21097.0, 21097.0, 21054.0, 21033.0, 21059.0, 21042.0, 21050.0, 21114.0, 21117.0, 21122.0, 21097.0, 21090.0, 21065.0, 21084.0, 21103.0, 21111.0, 21123.0, 21140.0, 21082.0, 21094.0, 21048.0, 21078.0, 21001.0, 20982.0, 20995.0, 20991.0, 20979.0, 21047.0, 21051.0, 21019.0, 21012.0, 21028.0, 21034.0, 21022.0, 21023.0, 21015.0, 21010.0, 21027.0, 21033.0, 21024.0, 21037.0, 21042.0, 21034.0, 21001.0, 20970.0, 20962.0, 20948.0, 20939.0, 20941.0, 20921.0, 20963.0, 20985.0, 20964.0, 21017.0, 20984.0, 20974.0, 20980.0, 20973.0, 21023.0, 21026.0, 21042.0, 21055.0, 21102.0, 21085.0, 21042.0, 21015.0, 21007.0, 20968.0, 21009.0, 21001.0, 20998.0, 20983.0, 21023.0, 21008.0, 21013.0, 20961.0, 21005.0, 21036.0, 21027.0, 21022.0, 21029.0, 21026.0, 21015.0, 21015.0, 20997.0, 21010.0, 20977.0, 20992.0, 20976.0, 20983.0, 21029.0, 21046.0, 21025.0, 21002.0, 21043.0, 21039.0, 21023.0, 21027.0, 21036.0, 21001.0, 21006.0, 20975.0, 20983.0, 21016.0, 21052.0, 21055.0, 21067.0, 21025.0, 20989.0, 20976.0, 21026.0, 20993.0, 20999.0, 21033.0, 21011.0, 21019.0, 21015.0, 21016.0, 20963.0, 21002.0, 21002.0, 21006.0, 20969.0, 20962.0, 20973.0, 21003.0, 20981.0, 21005.0, 21014.0, 21043.0, 21016.0, 21015.0, 21039.0, 21078.0, 21074.0, 21057.0, 21074.0, 21026.0, 21017.0, 21063.0, 21050.0, 21055.0, 21067.0, 21047.0, 21037.0, 21000.0, 20986.0, 21010.0, 20980.0, 20995.0, 21006.0, 21003.0, 21003.0, 21035.0, 20986.0, 21011.0, 21046.0, 21021.0, 21023.0, 21050.0, 21053.0, 21072.0, 21076.0, 20992.0, 21013.0, 21016.0, 21005.0, 21014.0, 21034.0, 21028.0, 21049.0, 21033.0, 21021.0, 20999.0, 21017.0, 21001.0, 20991.0, 21024.0, 20976.0, 20980.0, 20985.0, 21001.0, 21028.0, 21000.0, 21014.0, 21005.0, 20981.0, 21000.0, 20979.0, 20968.0, 20966.0, 20979.0, 20955.0, 20987.0, 20980.0, 20976.0, 21003.0, 20999.0, 21007.0, 21079.0, 21037.0, 20998.0, 21034.0, 20978.0, 21004.0, 21001.0, 20994.0, 21001.0, 20946.0, 20984.0, 20975.0, 20953.0, 20932.0, 20963.0, 20996.0, 20985.0, 20980.0, 21000.0, 20985.0, 21010.0, 21046.0, 21016.0, 21022.0, 21086.0, 21092.0, 21064.0, 21047.0, 21025.0, 21028.0, 21028.0, 20973.0, 20942.0, 20951.0, 20956.0, 20975.0, 20984.0, 20946.0, 20906.0, 20901.0, 20929.0, 20911.0, 20933.0, 20969.0, 20971.0, 20938.0, 20932.0, 20956.0, 20964.0, 20949.0, 20949.0, 20951.0, 20926.0, 20964.0, 20932.0, 20930.0, 20962.0, 20942.0, 21008.0, 21022.0, 20962.0, 20948.0, 21012.0, 20971.0, 20964.0, 21034.0, 20973.0, 21003.0, 20982.0, 20992.0, 21008.0, 21023.0, 21027.0, 21063.0, 21080.0, 21050.0, 21057.0, 21017.0, 21035.0, 20989.0, 20957.0, 20983.0, 20993.0, 20992.0, 21005.0, 21045.0, 21011.0, 20993.0, 20997.0, 20962.0, 20998.0, 21019.0, 21002.0, 20971.0, 20973.0, 21005.0, 21002.0, 21023.0, 21025.0, 21053.0, 21058.0, 21042.0, 21035.0, 21007.0, 21004.0, 20982.0, 20992.0, 20971.0, 20951.0, 20946.0, 20915.0, 20952.0, 20950.0, 20965.0, 20994.0, 20974.0, 20948.0, 20986.0, 20926.0, 20930.0, 20927.0, 20892.0, 20911.0, 20965.0, 20960.0, 20981.0, 21001.0, 20998.0, 20988.0, 20990.0, 20963.0, 20985.0, 21003.0, 21018.0, 21004.0, 20972.0, 20988.0, 20977.0, 20978.0, 20971.0, 20927.0, 20919.0, 20957.0, 20981.0, 21040.0, 21018.0, 21029.0, 21043.0, 20999.0, 20993.0, 20970.0, 21033.0, 20981.0, 20995.0, 20979.0, 20951.0, 20952.0, 20924.0, 20955.0, 20940.0, 20963.0, 20947.0, 20947.0, 20955.0, 20920.0, 20976.0, 20996.0, 21009.0, 21027.0, 21004.0, 20975.0, 20926.0, 20942.0, 20952.0, 20955.0, 20928.0, 20907.0, 20926.0, 20955.0, 20986.0, 20929.0, 20966.0, 20944.0, 20941.0, 20970.0, 20963.0, 21000.0, 21021.0, 21031.0, 21035.0, 21023.0, 21053.0, 20971.0, 20991.0, 20966.0, 20952.0, 20975.0, 20936.0, 20947.0, 20952.0]}, "slices": {}}}