{"AcquisitionMatrixPE": 96, "AcquisitionNumber": 1, "AcquisitionTime": "07:47:0.067500", "BandwidthPerPixelPhaseEncode": 33.602, "BaseResolution": 96, "BodyPartExamined": "BRAIN", "ConsistencyInfo": "N4_VD11D_LATEST_20110129", "ConversionSoftware": "dcm2niix", "ConversionSoftwareVersion": "v1.0.20210317", "DerivedVendorReportedEchoSpacing": 0.000620003, "DeviceSerialNumber": "45239", "DwellTime": 2.6e-06, "EchoTime": 0.03, "EchoTrainLength": 48, "EffectiveEchoSpacing": 0.000310001, "FlipAngle": 63, "ImageComments": "Unaliased MB4/PE3", "ImageOrientationPatientDICOM": [0.999098, -0.0107935, 0.0410724, 0.0285798, 0.886257, -0.462311], "ImageType": ["ORIGINAL", "PRIMARY", "M", "ND", "NORM", "MOSAIC"], "ImagingFrequency": 123.193, "InPlanePhaseEncodingDirectionDICOM": "COL", "InstitutionAddress": "E 24th St. 100,Austin,Southmiddle,US,78712", "InstitutionName": "Univ of Texas at Austin", "InstitutionalDepartmentName": "IRC", "MRAcquisitionType": "2D", "MagneticFieldStrength": 3, "Manufacturer": "Siemens", "ManufacturersModelName": "Skyra", "Modality": "MR", "MultibandAccelerationFactor": 4, "ParallelReductionFactorInPlane": 2, "PartialFourier": 1, "PatientPosition": "HFS", "PercentPhaseFOV": 100, "PercentSampling": 100, "PhaseEncodingDirection": "j-", "PhaseEncodingSteps": 96, "PhaseResolution": 1, "PixelBandwidth": 2005, "ProcedureStepDescription": "Poldrack2^self-scanning", "ProtocolName": "dot_motion", "PulseSequenceDetails": "%CustomerSeq%\\cmrr_mbep2d_bold", "ReceiveCoilActiveElements": "HEA;HEP", "ReceiveCoilName": "Head_32", "ReconMatrixPE": 96, "RefLinesPE": 94, "RepetitionTime": 1.16, "SAR": 0.107895, "ScanOptions": "FS", "ScanningSequence": "EP", "SequenceName": "epfid2d1_96", "SequenceVariant": "SK", "SeriesDescription": "dot_motion", "SeriesNumber": 8, "ShimSetting": [-2805, 7972, -15392, 147, -214, -183, 333, -62], "SliceThickness": 2, "SliceTiming": [0, 0.4975, 0.9975, 0.355, 0.855, 0.2125, 0.7125, 0.0725, 0.57, 1.0675, 0.4275, 0.925, 0.285, 0.7825, 0.1425, 0.64, 0, 0.4975, 0.9975, 0.355, 0.855, 0.2125, 0.7125, 0.0725, 0.57, 1.0675, 0.4275, 0.925, 0.285, 0.7825, 0.1425, 0.64, 0, 0.4975, 0.9975, 0.355, 0.855, 0.2125, 0.7125, 0.0725, 0.57, 1.0675, 0.4275, 0.925, 0.285, 0.7825, 0.1425, 0.64, 0, 0.4975, 0.9975, 0.355, 0.855, 0.2125, 0.7125, 0.0725, 0.57, 1.0675, 0.4275, 0.925, 0.285, 0.7825, 0.1425, 0.64], "SoftwareVersions": "syngo MR D11", "SpacingBetweenSlices": 2.4, "StationName": "AWP45239", "TaskName": "Dot motion stop-signal task", "TotalReadoutTime": 0.0294501, "TxRefAmp": 348.805, "WipMemBlock": "fb8afbbc-e0da-4252-894b-6b80a6433a07||Sequence: VD11D r206; Feb 13 2013 18:52:04 by eja", "dcmmeta_affine": [[-2.393671989440918, 0.06847240775823593, 0.07538586854934692, 112.2642822265625], [0.025859368965029716, 2.1233248710632324, -1.1113618612289429, -78.45989227294922], [0.09840262681245804, 1.107619285583496, 2.1258392333984375, -70.37205505371094], [0.0, 0.0, 0.0, 1.0]], "dcmmeta_reorient_transform": [[0.0, -1.0, 0.0, 95.0], [1.0, 0.0, 0.0, 0.0], [0.0, 0.0, 1.0, 0.0], [0.0, 0.0, 0.0, 1.0]], "dcmmeta_shape": [96, 96, 64, 372], "dcmmeta_slice_dim": 2, "dcmmeta_version": 0.6, "global": {"const": {"AcquisitionMatrix": [96, 0, 0, 96], "AngioFlag": "N", "BitsAllocated": 16, "BitsStored": 16, "BodyPartExamined": "BRAIN", "Columns": 768, "EchoNumbers": 1, "EchoTime": 30.0, "EchoTrainLength": 48, "FlipAngle": 63.0, "HighBit": 15, "ImageOrientationPatient": [0.99909787240618, -0.0107934758618, 0.04107240231907, 0.02857978876732, 0.88625733176896, -0.4623106504936], "ImagePositionPatient": [-946.04965035445, -828.00434599221, 373.94855065611], "ImageType": ["ORIGINAL", "PRIMARY", "M", "ND", "NORM", "MOSAIC"], "ImagedNucleus": "1H", "ImagingFrequency": 123.193164, "InPlanePhaseEncodingDirection": "COL", "MRAcquisitionType": "2D", "MagneticFieldStrength": 3.0, "Manufacturer": "SIEMENS", "ManufacturerModelName": "Skyra", "Modality": "MR", "NumberOfAverages": 1.0, "NumberOfPhaseEncodingSteps": 96, "PercentPhaseFieldOfView": 100.0, "PercentSampling": 100.0, "PerformedProcedureStepStartTime": "072353.421000", "PhotometricInterpretation": "MONOCHROME2", "PixelBandwidth": 2005.0, "PixelRepresentation": 0, "PixelSpacing": [2.3958332538605, 2.3958332538605], "ProtocolName": "dot_motion", "RepetitionTime": 1160.0, "Rows": 768, "SAR": 0.10789508296771, "SamplesPerPixel": 1, "ScanOptions": "FS", "ScanningSequence": "EP", "SequenceName": "epfid2d1_96", "SequenceVariant": "SK", "SeriesDescription": "dot_motion", "SeriesNumber": 8, "SeriesTime": "074739.656000", "SliceLocation": -22.474666128604, "SliceThickness": 2.0, "SmallestImagePixelValue": 0, "SoftwareVersions": "syngo MR D11", "SpacingBetweenSlices": 2.4000000370334, "SpecificCharacterSet": "ISO_IR 100", "StudyID": "1", "StudyTime": "072353.359000", "TransmitCoilName": "Body", "VariableFlipAngleFlag": "N", "WindowCenterWidthExplanation": "Algo1", "dBdt": 0.0}, "slices": {}}, "time": {"samples": {"AcquisitionNumber": [1, 2, 3, 4, 5, 6, 7, 8, 9, 10, 11, 12, 13, 14, 15, 16, 17, 18, 19, 20, 21, 22, 23, 24, 25, 26, 27, 28, 29, 30, 31, 32, 33, 34, 35, 36, 37, 38, 39, 40, 41, 42, 43, 44, 45, 46, 47, 48, 49, 50, 51, 52, 53, 54, 55, 56, 57, 58, 59, 60, 61, 62, 63, 64, 65, 66, 67, 68, 69, 70, 71, 72, 73, 74, 75, 76, 77, 78, 79, 80, 81, 82, 83, 84, 85, 86, 87, 88, 89, 90, 91, 92, 93, 94, 95, 96, 97, 98, 99, 100, 101, 102, 103, 104, 105, 106, 107, 108, 109, 110, 111, 112, 113, 114, 115, 116, 117, 118, 119, 120, 121, 122, 123, 124, 125, 126, 127, 128, 129, 130, 131, 132, 133, 134, 135, 136, 137, 138, 139, 140, 141, 142, 143, 144, 145, 146, 147, 148, 149, 150, 151, 152, 153, 154, 155, 156, 157, 158, 159, 160, 161, 162, 163, 164, 165, 166, 167, 168, 169, 170, 171, 172, 173, 174, 175, 176, 177, 178, 179, 180, 181, 182, 183, 184, 185, 186, 187, 188, 189, 190, 191, 192, 193, 194, 195, 196, 197, 198, 199, 200, 201, 202, 203, 204, 205, 206, 207, 208, 209, 210, 211, 212, 213, 214, 215, 216, 217, 218, 219, 220, 221, 222, 223, 224, 225, 226, 227, 228, 229, 230, 231, 232, 233, 234, 235, 236, 237, 238, 239, 240, 241, 242, 243, 244, 245, 246, 247, 248, 249, 250, 251, 252, 253, 254, 255, 256, 257, 258, 259, 260, 261, 262, 263, 264, 265, 266, 267, 268, 269, 270, 271, 272, 273, 274, 275, 276, 277, 278, 279, 280, 281, 282, 283, 284, 285, 286, 287, 288, 289, 290, 291, 292, 293, 294, 295, 296, 297, 298, 299, 300, 301, 302, 303, 304, 305, 306, 307, 308, 309, 310, 311, 312, 313, 314, 315, 316, 317, 318, 319, 320, 321, 322, 323, 324, 325, 326, 327, 328, 329, 330, 331, 332, 333, 334, 335, 336, 337, 338, 339, 340, 341, 342, 343, 344, 345, 346, 347, 348, 349, 350, 351, 352, 353, 354, 355, 356, 357, 358, 359, 360, 361, 362, 363, 364, 365, 366, 367, 368, 369, 370, 371, 372], "AcquisitionTime": ["074700.067500", "074729.067500", "074730.227500", "074731.387500", "074732.547500", "074733.707500", "074734.867500", "074736.027500", "074737.187500", "074738.347500", "074739.507500", "074740.667500", "074741.827500", "074742.987500", "074744.147500", "074745.307500", "074746.467500", "074747.627500", "074748.787500", "074749.947500", "074751.107500", "074752.267500", "074753.427500", "074754.587500", "074755.747500", "074756.907500", "074758.067500", "074759.227500", "074800.387500", "074801.547500", "074802.707500", "074803.867500", "074805.027500", "074806.187500", "074807.347500", "074808.507500", "074809.667500", "074810.827500", "074811.987500", "074813.147500", "074814.307500", "074815.467500", "074816.627500", "074817.787500", "074818.947500", "074820.107500", "074821.267500", "074822.427500", "074823.587500", "074824.747500", "074825.907500", "074827.067500", "074828.227500", "074829.387500", "074830.547500", "074831.707500", "074832.867500", "074834.027500", "074835.187500", "074836.347500", "074837.507500", "074838.667500", "074839.827500", "074840.987500", "074842.147500", "074843.307500", "074844.467500", "074845.627500", "074846.787500", "074847.947500", "074849.107500", "074850.267500", "074851.427500", "074852.587500", "074853.747500", "074854.907500", "074856.067500", "074857.227500", "074858.387500", "074859.547500", "074900.707500", "074901.867500", "074903.027500", "074904.187500", "074905.347500", "074906.507500", "074907.667500", "074908.827500", "074909.987500", "074911.147500", "074912.307500", "074913.467500", "074914.627500", "074915.787500", "074916.947500", "074918.107500", "074919.267500", "074920.427500", "074921.587500", "074922.747500", "074923.907500", "074925.067500", "074926.227500", "074927.387500", "074928.547500", "074929.707500", "074930.867500", "074932.027500", "074933.187500", "074934.347500", "074935.507500", "074936.667500", "074937.827500", "074938.987500", "074940.147500", "074941.307500", "074942.467500", "074943.627500", "074944.787500", "074945.947500", "074947.110000", "074948.270000", "074949.430000", "074950.590000", "074951.750000", "074952.910000", "074954.070000", "074955.230000", "074956.390000", "074957.550000", "074958.710000", "074959.870000", "075001.030000", "075002.190000", "075003.350000", "075004.510000", "075005.670000", "075006.830000", "075007.990000", "075009.150000", "075010.310000", "075011.470000", "075012.630000", "075013.790000", "075014.950000", "075016.110000", "075017.270000", "075018.430000", "075019.590000", "075020.750000", "075021.910000", "075023.070000", "075024.230000", "075025.390000", "075026.550000", "075027.710000", "075028.870000", "075030.030000", "075031.190000", "075032.350000", "075033.510000", "075034.670000", "075035.830000", "075036.990000", "075038.150000", "075039.310000", "075040.470000", "075041.630000", "075042.790000", "075043.950000", "075045.110000", "075046.270000", "075047.430000", "075048.590000", "075049.750000", "075050.910000", "075052.070000", "075053.230000", "075054.390000", "075055.550000", "075056.710000", "075057.870000", "075059.030000", "075100.190000", "075101.350000", "075102.510000", "075103.670000", "075104.830000", "075105.990000", "075107.150000", "075108.310000", "075109.470000", "075110.630000", "075111.790000", "075112.950000", "075114.110000", "075115.270000", "075116.430000", "075117.590000", "075118.750000", "075119.910000", "075121.070000", "075122.230000", "075123.390000", "075124.550000", "075125.710000", "075126.870000", "075128.030000", "075129.190000", "075130.350000", "075131.510000", "075132.670000", "075133.830000", "075134.990000", "075136.150000", "075137.310000", "075138.470000", "075139.630000", "075140.790000", "075141.950000", "075143.110000", "075144.270000", "075145.430000", "075146.590000", "075147.750000", "075148.910000", "075150.070000", "075151.230000", "075152.390000", "075153.550000", "075154.710000", "075155.870000", "075157.030000", "075158.190000", "075159.350000", "075200.510000", "075201.670000", "075202.830000", "075203.990000", "075205.150000", "075206.310000", "075207.470000", "075208.630000", "075209.790000", "075210.950000", "075212.110000", "075213.270000", "075214.430000", "075215.590000", "075216.750000", "075217.910000", "075219.070000", "075220.230000", "075221.390000", "075222.550000", "075223.710000", "075224.870000", "075226.030000", "075227.190000", "075228.350000", "075229.510000", "075230.670000", "075231.830000", "075232.990000", "075234.150000", "075235.310000", "075236.470000", "075237.630000", "075238.790000", "075239.950000", "075241.110000", "075242.270000", "075243.430000", "075244.590000", "075245.750000", "075246.910000", "075248.070000", "075249.230000", "075250.390000", "075251.550000", "075252.710000", "075253.870000", "075255.030000", "075256.190000", "075257.350000", "075258.510000", "075259.670000", "075300.830000", "075301.990000", "075303.150000", "075304.310000", "075305.470000", "075306.630000", "075307.790000", "075308.950000", "075310.110000", "075311.270000", "075312.430000", "075313.590000", "075314.750000", "075315.910000", "075317.070000", "075318.230000", "075319.390000", "075320.550000", "075321.710000", "075322.870000", "075324.030000", "075325.190000", "075326.350000", "075327.510000", "075328.670000", "075329.830000", "075330.990000", "075332.150000", "075333.310000", "075334.470000", "075335.630000", "075336.790000", "075337.950000", "075339.110000", "075340.270000", "075341.430000", "075342.590000", "075343.750000", "075344.910000", "075346.070000", "075347.230000", "075348.390000", "075349.550000", "075350.710000", "075351.870000", "075353.030000", "075354.190000", "075355.350000", "075356.510000", "075357.670000", "075358.830000", "075359.990000", "075401.150000", "075402.310000", "075403.470000", "075404.630000", "075405.790000", "075406.950000", "075408.110000", "075409.270000", "075410.430000", "075411.590000", "075412.750000", "075413.910000", "075415.070000", "075416.230000", "075417.390000", "075418.550000", "075419.710000", "075420.870000", "075422.030000", "075423.190000", "075424.350000", "075425.510000", "075426.670000", "075427.830000", "075428.990000", "075430.150000", "075431.310000", "075432.470000", "075433.630000", "075434.790000", "075435.950000", "075437.112500", "075438.272500"], "ContentTime": ["074739.656000", "074745.078000", "074745.078000", "074745.078000", "074745.093000", "074745.093000", "074750.078000", "074750.078000", "074750.078000", "074755.078000", "074755.078000", "074755.078000", "074755.078000", "074800.078000", "074800.078000", "074800.078000", "074800.078000", "074805.078000", "074805.078000", "074805.078000", "074810.078000", "074810.078000", "074810.078000", "074810.078000", "074815.078000", "074815.078000", "074815.078000", "074815.078000", "074820.078000", "074820.078000", "074820.078000", "074820.078000", "074825.078000", "074825.078000", "074825.078000", "074825.078000", "074830.078000", "074830.078000", "074830.093000", "074835.078000", "074835.078000", "074835.078000", "074835.078000", "074840.078000", "074840.078000", "074840.078000", "074845.078000", "074845.078000", "074845.078000", "074845.078000", "074850.078000", "074850.078000", "074850.078000", "074855.078000", "074855.078000", "074855.078000", "074855.078000", "074900.078000", "074900.078000", "074900.078000", "074900.078000", "074905.078000", "074905.078000", "074905.078000", "074910.078000", "074910.078000", "074910.078000", "074910.078000", "074915.078000", "074915.078000", "074915.078000", "074920.078000", "074920.078000", "074920.078000", "074920.078000", "074925.078000", "074925.078000", "074925.078000", "074925.078000", "074930.078000", "074930.078000", "074930.078000", "074935.078000", "074935.078000", "074935.078000", "074935.078000", "074940.078000", "074940.078000", "074940.078000", "074940.078000", "074945.078000", "074945.078000", "074945.078000", "074945.078000", "074950.078000", "074950.078000", "074950.078000", "074955.078000", "074955.078000", "074955.078000", "074955.078000", "075000.078000", "075000.078000", "075000.078000", "075000.078000", "075005.078000", "075005.078000", "075005.078000", "075010.078000", "075010.078000", "075010.093000", "075010.093000", "075015.078000", "075015.078000", "075015.078000", "075020.078000", "075020.078000", "075020.078000", "075020.078000", "075025.078000", "075025.078000", "075025.078000", "075030.078000", "075030.078000", "075030.093000", "075030.093000", "075035.078000", "075035.078000", "075035.078000", "075040.078000", "075040.078000", "075040.078000", "075040.078000", "075045.078000", "075045.078000", "075045.078000", "075050.078000", "075050.078000", "075050.078000", "075050.093000", "075055.078000", "075055.078000", "075055.078000", "075055.078000", "075100.078000", "075100.078000", "075100.078000", "075100.078000", "075105.078000", "075105.078000", "075105.078000", "075110.078000", "075110.078000", "075110.093000", "075110.093000", "075115.078000", "075115.078000", "075115.078000", "075120.078000", "075120.078000", "075120.078000", "075120.078000", "075125.078000", "075125.078000", "075125.078000", "075125.078000", "075130.078000", "075130.078000", "075130.078000", "075130.078000", "075135.078000", "075135.078000", "075135.078000", "075140.078000", "075140.078000", "075140.093000", "075140.093000", "075145.078000", "075145.078000", "075145.078000", "075145.093000", "075150.078000", "075150.078000", "075150.078000", "075155.078000", "075155.078000", "075155.078000", "075155.078000", "075200.078000", "075200.078000", "075200.078000", "075205.078000", "075205.078000", "075205.078000", "075205.078000", "075210.078000", "075210.078000", "075210.078000", "075210.078000", "075215.078000", "075215.078000", "075215.078000", "075215.078000", "075220.078000", "075220.078000", "075220.078000", "075220.078000", "075225.078000", "075225.078000", "075225.078000", "075225.078000", "075230.078000", "075230.078000", "075230.078000", "075235.078000", "075235.078000", "075235.093000", "075235.093000", "075240.078000", "075240.078000", "075240.078000", "075240.078000", "075245.078000", "075245.078000", "075245.078000", "075250.078000", "075250.093000", "075250.093000", "075250.093000", "075255.078000", "075255.078000", "075255.093000", "075255.093000", "075300.078000", "075300.078000", "075300.078000", "075300.078000", "075305.078000", "075305.078000", "075305.078000", "075305.078000", "075310.078000", "075310.078000", "075310.078000", "075310.078000", "075310.093000", "075315.078000", "075315.078000", "075315.093000", "075320.078000", "075320.078000", "075320.078000", "075320.078000", "075325.078000", "075325.078000", "075325.078000", "075325.078000", "075330.078000", "075330.078000", "075330.078000", "075335.078000", "075335.078000", "075335.078000", "075335.078000", "075340.078000", "075340.078000", "075340.078000", "075340.078000", "075345.078000", "075345.078000", "075345.078000", "075350.078000", "075350.078000", "075350.078000", "075350.078000", "075355.078000", "075355.078000", "075355.078000", "075400.078000", "075400.078000", "075400.078000", "075400.078000", "075405.078000", "075405.078000", "075405.078000", "075405.093000", "075410.078000", "075410.078000", "075410.078000", "075415.078000", "075415.078000", "075415.078000", "075415.078000", "075420.078000", "075420.078000", "075420.078000", "075425.078000", "075425.078000", "075425.078000", "075425.078000", "075430.078000", "075430.078000", "075430.093000", "075430.093000", "075435.078000", "075435.093000", "075435.093000", "075435.109000", "075440.078000", "075440.078000", "075440.078000", "075440.078000", "075445.078000", "075445.078000", "075445.078000", "075445.078000", "075450.078000", "075450.078000", "075450.093000", "075455.078000", "075455.078000", "075455.078000", "075455.078000", "075500.078000", "075500.078000", "075500.078000", "075500.078000", "075505.078000", "075505.078000", "075505.078000", "075505.078000", "075510.078000", "075510.078000", "075510.078000", "075510.078000", "075515.078000", "075515.078000", "075515.078000", "075515.078000", "075515.093000", "075520.078000", "075520.078000", "075520.078000", "075525.078000", "075525.078000", "075525.078000", "075525.078000", "075525.093000", "075530.078000", "075530.078000", "075530.078000", "075530.078000", "075535.078000", "075535.078000", "075535.078000", "075535.078000", "075540.078000", "075540.078000", "075540.078000", "075540.078000", "075545.078000", "075545.078000", "075545.078000", "075545.078000", "075550.078000", "075550.078000", "075550.078000", "075550.078000", "075554.421000", "075554.421000", "075554.437000", "075554.437000"], "InstanceCreationTime": ["074739.656000", "074745.078000", "074745.078000", "074745.078000", "074745.093000", "074745.093000", "074750.078000", "074750.078000", "074750.078000", "074755.078000", "074755.078000", "074755.078000", "074755.078000", "074800.078000", "074800.078000", "074800.078000", "074800.078000", "074805.078000", "074805.078000", "074805.078000", "074810.078000", "074810.078000", "074810.078000", "074810.078000", "074815.078000", "074815.078000", "074815.078000", "074815.078000", "074820.078000", "074820.078000", "074820.078000", "074820.078000", "074825.078000", "074825.078000", "074825.078000", "074825.078000", "074830.078000", "074830.078000", "074830.093000", "074835.078000", "074835.078000", "074835.078000", "074835.078000", "074840.078000", "074840.078000", "074840.078000", "074845.078000", "074845.078000", "074845.078000", "074845.078000", "074850.078000", "074850.078000", "074850.078000", "074855.078000", "074855.078000", "074855.078000", "074855.078000", "074900.078000", "074900.078000", "074900.078000", "074900.078000", "074905.078000", "074905.078000", "074905.078000", "074910.078000", "074910.078000", "074910.078000", "074910.078000", "074915.078000", "074915.078000", "074915.078000", "074920.078000", "074920.078000", "074920.078000", "074920.078000", "074925.078000", "074925.078000", "074925.078000", "074925.078000", "074930.078000", "074930.078000", "074930.078000", "074935.078000", "074935.078000", "074935.078000", "074935.078000", "074940.078000", "074940.078000", "074940.078000", "074940.078000", "074945.078000", "074945.078000", "074945.078000", "074945.078000", "074950.078000", "074950.078000", "074950.078000", "074955.078000", "074955.078000", "074955.078000", "074955.078000", "075000.078000", "075000.078000", "075000.078000", "075000.078000", "075005.078000", "075005.078000", "075005.078000", "075010.078000", "075010.078000", "075010.093000", "075010.093000", "075015.078000", "075015.078000", "075015.078000", "075020.078000", "075020.078000", "075020.078000", "075020.078000", "075025.078000", "075025.078000", "075025.078000", "075030.078000", "075030.078000", "075030.093000", "075030.093000", "075035.078000", "075035.078000", "075035.078000", "075040.078000", "075040.078000", "075040.078000", "075040.078000", "075045.078000", "075045.078000", "075045.078000", "075050.078000", "075050.078000", "075050.078000", "075050.093000", "075055.078000", "075055.078000", "075055.078000", "075055.078000", "075100.078000", "075100.078000", "075100.078000", "075100.078000", "075105.078000", "075105.078000", "075105.078000", "075110.078000", "075110.078000", "075110.093000", "075110.093000", "075115.078000", "075115.078000", "075115.078000", "075120.078000", "075120.078000", "075120.078000", "075120.078000", "075125.078000", "075125.078000", "075125.078000", "075125.078000", "075130.078000", "075130.078000", "075130.078000", "075130.078000", "075135.078000", "075135.078000", "075135.078000", "075140.078000", "075140.078000", "075140.093000", "075140.093000", "075145.078000", "075145.078000", "075145.078000", "075145.093000", "075150.078000", "075150.078000", "075150.078000", "075155.078000", "075155.078000", "075155.078000", "075155.078000", "075200.078000", "075200.078000", "075200.078000", "075205.078000", "075205.078000", "075205.078000", "075205.078000", "075210.078000", "075210.078000", "075210.078000", "075210.078000", "075215.078000", "075215.078000", "075215.078000", "075215.078000", "075220.078000", "075220.078000", "075220.078000", "075220.078000", "075225.078000", "075225.078000", "075225.078000", "075225.078000", "075230.078000", "075230.078000", "075230.078000", "075235.078000", "075235.078000", "075235.093000", "075235.093000", "075240.078000", "075240.078000", "075240.078000", "075240.078000", "075245.078000", "075245.078000", "075245.078000", "075250.078000", "075250.093000", "075250.093000", "075250.093000", "075255.078000", "075255.078000", "075255.093000", "075255.093000", "075300.078000", "075300.078000", "075300.078000", "075300.078000", "075305.078000", "075305.078000", "075305.078000", "075305.078000", "075310.078000", "075310.078000", "075310.078000", "075310.078000", "075310.093000", "075315.078000", "075315.078000", "075315.093000", "075320.078000", "075320.078000", "075320.078000", "075320.078000", "075325.078000", "075325.078000", "075325.078000", "075325.078000", "075330.078000", "075330.078000", "075330.078000", "075335.078000", "075335.078000", "075335.078000", "075335.078000", "075340.078000", "075340.078000", "075340.078000", "075340.078000", "075345.078000", "075345.078000", "075345.078000", "075350.078000", "075350.078000", "075350.078000", "075350.078000", "075355.078000", "075355.078000", "075355.078000", "075400.078000", "075400.078000", "075400.078000", "075400.078000", "075405.078000", "075405.078000", "075405.078000", "075405.093000", "075410.078000", "075410.078000", "075410.078000", "075415.078000", "075415.078000", "075415.078000", "075415.078000", "075420.078000", "075420.078000", "075420.078000", "075425.078000", "075425.078000", "075425.078000", "075425.078000", "075430.078000", "075430.078000", "075430.093000", "075430.093000", "075435.078000", "075435.093000", "075435.093000", "075435.109000", "075440.078000", "075440.078000", "075440.078000", "075440.078000", "075445.078000", "075445.078000", "075445.078000", "075445.078000", "075450.078000", "075450.078000", "075450.093000", "075455.078000", "075455.078000", "075455.078000", "075455.078000", "075500.078000", "075500.078000", "075500.078000", "075500.078000", "075505.078000", "075505.078000", "075505.078000", "075505.078000", "075510.078000", "075510.078000", "075510.078000", "075510.078000", "075515.078000", "075515.078000", "075515.078000", "075515.078000", "075515.093000", "075520.078000", "075520.078000", "075520.078000", "075525.078000", "075525.078000", "075525.078000", "075525.078000", "075525.093000", "075530.078000", "075530.078000", "075530.078000", "075530.078000", "075535.078000", "075535.078000", "075535.078000", "075535.078000", "075540.078000", "075540.078000", "075540.078000", "075540.078000", "075545.078000", "075545.078000", "075545.078000", "075545.078000", "075550.078000", "075550.078000", "075550.078000", "075550.078000", "075554.421000", "075554.421000", "075554.437000", "075554.437000"], "InstanceNumber": [1, 2, 3, 4, 5, 6, 7, 8, 9, 10, 11, 12, 13, 14, 15, 16, 17, 18, 19, 20, 21, 22, 23, 24, 25, 26, 27, 28, 29, 30, 31, 32, 33, 34, 35, 36, 37, 38, 39, 40, 41, 42, 43, 44, 45, 46, 47, 48, 49, 50, 51, 52, 53, 54, 55, 56, 57, 58, 59, 60, 61, 62, 63, 64, 65, 66, 67, 68, 69, 70, 71, 72, 73, 74, 75, 76, 77, 78, 79, 80, 81, 82, 83, 84, 85, 86, 87, 88, 89, 90, 91, 92, 93, 94, 95, 96, 97, 98, 99, 100, 101, 102, 103, 104, 105, 106, 107, 108, 109, 110, 111, 112, 113, 114, 115, 116, 117, 118, 119, 120, 121, 122, 123, 124, 125, 126, 127, 128, 129, 130, 131, 132, 133, 134, 135, 136, 137, 138, 139, 140, 141, 142, 143, 144, 145, 146, 147, 148, 149, 150, 151, 152, 153, 154, 155, 156, 157, 158, 159, 160, 161, 162, 163, 164, 165, 166, 167, 168, 169, 170, 171, 172, 173, 174, 175, 176, 177, 178, 179, 180, 181, 182, 183, 184, 185, 186, 187, 188, 189, 190, 191, 192, 193, 194, 195, 196, 197, 198, 199, 200, 201, 202, 203, 204, 205, 206, 207, 208, 209, 210, 211, 212, 213, 214, 215, 216, 217, 218, 219, 220, 221, 222, 223, 224, 225, 226, 227, 228, 229, 230, 231, 232, 233, 234, 235, 236, 237, 238, 239, 240, 241, 242, 243, 244, 245, 246, 247, 248, 249, 250, 251, 252, 253, 254, 255, 256, 257, 258, 259, 260, 261, 262, 263, 264, 265, 266, 267, 268, 269, 270, 271, 272, 273, 274, 275, 276, 277, 278, 279, 280, 281, 282, 283, 284, 285, 286, 287, 288, 289, 290, 291, 292, 293, 294, 295, 296, 297, 298, 299, 300, 301, 302, 303, 304, 305, 306, 307, 308, 309, 310, 311, 312, 313, 314, 315, 316, 317, 318, 319, 320, 321, 322, 323, 324, 325, 326, 327, 328, 329, 330, 331, 332, 333, 334, 335, 336, 337, 338, 339, 340, 341, 342, 343, 344, 345, 346, 347, 348, 349, 350, 351, 352, 353, 354, 355, 356, 357, 358, 359, 360, 361, 362, 363, 364, 365, 366, 367, 368, 369, 370, 371, 372], "LargestImagePixelValue": [26521, 31937, 26050, 26261, 25801, 26679, 26077, 28230, 31058, 25694, 25748, 31432, 25770, 26159, 25787, 32047, 26069, 25827, 31632, 26044, 25686, 32330, 25935, 26135, 29433, 31552, 25922, 25667, 31638, 27616, 26118, 27832, 29529, 25858, 25794, 31112, 25546, 26107, 25571, 31552, 26662, 25552, 29769, 28441, 25562, 25774, 34028, 25663, 25484, 31873, 31847, 25930, 25839, 25859, 32109, 30823, 25708, 25579, 25313, 32200, 25491, 25848, 29164, 30327, 25690, 25473, 30599, 25652, 25360, 29506, 25697, 25275, 30588, 25622, 27461, 32892, 25387, 27272, 28313, 25279, 25562, 25482, 32939, 25363, 25286, 31290, 29620, 25651, 25609, 29786, 25177, 26100, 25255, 32472, 25402, 25378, 31516, 26139, 26079, 25628, 30797, 30126, 25449, 25316, 29657, 28111, 26691, 25452, 28282, 27557, 25353, 34042, 30833, 25297, 26566, 32864, 25767, 25121, 30366, 29258, 25187, 25074, 34123, 25281, 26720, 25941, 32936, 25249, 26193, 25404, 31610, 25098, 25273, 25283, 33530, 25426, 27825, 28189, 33192, 26058, 31963, 28770, 27731, 26858, 29825, 35472, 25510, 25830, 26794, 33130, 28722, 25426, 25325, 32442, 29601, 25503, 25302, 31745, 30434, 28429, 26556, 25427, 26667, 32707, 28732, 26188, 25193, 26330, 32701, 31788, 25119, 26987, 25349, 29601, 32766, 28770, 25257, 25110, 30668, 29215, 25153, 27928, 27728, 30829, 33072, 31670, 26279, 25155, 29438, 33434, 29213, 25398, 25219, 25685, 31418, 27856, 25299, 25646, 31744, 25109, 27651, 26387, 33631, 30047, 25084, 26467, 33750, 24969, 27295, 26215, 35106, 26094, 25266, 26310, 25277, 31638, 25643, 25847, 28093, 33466, 25331, 25238, 28486, 29104, 25824, 29246, 33477, 25272, 26788, 32482, 33798, 25214, 26209, 26999, 25294, 25184, 30778, 34388, 25208, 25814, 26271, 26403, 25111, 26403, 27760, 31401, 25231, 25112, 28474, 32163, 25373, 25586, 25012, 33150, 24969, 25330, 26698, 31747, 25422, 24930, 29129, 32321, 25713, 25294, 26325, 25089, 24725, 31952, 34922, 31418, 25169, 25804, 29752, 24997, 24946, 34781, 25052, 25055, 29118, 30787, 24991, 27174, 30221, 24983, 25100, 33444, 32190, 24899, 24634, 30395, 24889, 25910, 30987, 31646, 24658, 26392, 26026, 32086, 25045, 24678, 30483, 32191, 28498, 24865, 26681, 25541, 31850, 24768, 26341, 24666, 32978, 24544, 24805, 24643, 33051, 25393, 25129, 30872, 26183, 25986, 24768, 33017, 30839, 24777, 25402, 25538, 32590, 24784, 24809, 29981, 24697, 25216, 32362, 24719, 25096, 24424, 32530, 24833, 24762, 31308, 27860, 26550, 24707, 30956, 24822, 31947, 24698, 24947, 26033, 33964, 24625, 25422, 24647, 30859, 24720, 24400, 29878, 24768, 24691, 30530, 31011, 24588, 25010, 28361, 24996, 29434, 24405, 24421, 25210, 28065, 32772, 30767], "WindowCenter": [9988.0, 9990.0, 9973.0, 9962.0, 9975.0, 9963.0, 9969.0, 9990.0, 10015.0, 9973.0, 9966.0, 10007.0, 9982.0, 9979.0, 9988.0, 10004.0, 9963.0, 9996.0, 10009.0, 9970.0, 9971.0, 10014.0, 9985.0, 9987.0, 9984.0, 10006.0, 9973.0, 9958.0, 9997.0, 9977.0, 9956.0, 9979.0, 9977.0, 9961.0, 9966.0, 10005.0, 9963.0, 9976.0, 9957.0, 9993.0, 9976.0, 9983.0, 9993.0, 10001.0, 9967.0, 9967.0, 10012.0, 9978.0, 9982.0, 9991.0, 9993.0, 9956.0, 9955.0, 9954.0, 9964.0, 9960.0, 9955.0, 9949.0, 9958.0, 9996.0, 9971.0, 9960.0, 9970.0, 9971.0, 9960.0, 9973.0, 9994.0, 9969.0, 9960.0, 9985.0, 9976.0, 9969.0, 10000.0, 9992.0, 9996.0, 10006.0, 9959.0, 9964.0, 9966.0, 9950.0, 9969.0, 9967.0, 9996.0, 9975.0, 9970.0, 10004.0, 9993.0, 9965.0, 9976.0, 9975.0, 9949.0, 9975.0, 9978.0, 9993.0, 9968.0, 9973.0, 10010.0, 9961.0, 9972.0, 9955.0, 9992.0, 9979.0, 9974.0, 9971.0, 9980.0, 9986.0, 9972.0, 9968.0, 9983.0, 9988.0, 9967.0, 9995.0, 10001.0, 9970.0, 9975.0, 9997.0, 9977.0, 9971.0, 9992.0, 9986.0, 9954.0, 9968.0, 9992.0, 9963.0, 9969.0, 9972.0, 9981.0, 9955.0, 9959.0, 9965.0, 9986.0, 9960.0, 9971.0, 9990.0, 10006.0, 9960.0, 9983.0, 10008.0, 10014.0, 9987.0, 10012.0, 9980.0, 9971.0, 9967.0, 9968.0, 9976.0, 9953.0, 9961.0, 9968.0, 9979.0, 9973.0, 9956.0, 9980.0, 9999.0, 9977.0, 9964.0, 9978.0, 9988.0, 9988.0, 9977.0, 9965.0, 9963.0, 9957.0, 9986.0, 9977.0, 9957.0, 9931.0, 9941.0, 9967.0, 9987.0, 9948.0, 9947.0, 9948.0, 9977.0, 9982.0, 9963.0, 9943.0, 9953.0, 9990.0, 9981.0, 9966.0, 9974.0, 9966.0, 9987.0, 9989.0, 9977.0, 9950.0, 9938.0, 9949.0, 9978.0, 9965.0, 9934.0, 9937.0, 9935.0, 9976.0, 9963.0, 9937.0, 9954.0, 10004.0, 9962.0, 9973.0, 9977.0, 9996.0, 9979.0, 9952.0, 9956.0, 9985.0, 9958.0, 9965.0, 9940.0, 9991.0, 9947.0, 9941.0, 9948.0, 9941.0, 9977.0, 9931.0, 9955.0, 9969.0, 9984.0, 9955.0, 9966.0, 9969.0, 9972.0, 9973.0, 9980.0, 10006.0, 9945.0, 9948.0, 9976.0, 9971.0, 9926.0, 9939.0, 9953.0, 9950.0, 9952.0, 9976.0, 9982.0, 9944.0, 9948.0, 9950.0, 9958.0, 9950.0, 9962.0, 9970.0, 9977.0, 9941.0, 9956.0, 9960.0, 9983.0, 9944.0, 9937.0, 9958.0, 9980.0, 9950.0, 9960.0, 9964.0, 9973.0, 9945.0, 9941.0, 9939.0, 9966.0, 9928.0, 9935.0, 9949.0, 9950.0, 9961.0, 9989.0, 9995.0, 9952.0, 9935.0, 9939.0, 9959.0, 9947.0, 9959.0, 9992.0, 9930.0, 9945.0, 9973.0, 9970.0, 9943.0, 9955.0, 9964.0, 9955.0, 9952.0, 9986.0, 9972.0, 9944.0, 9945.0, 9982.0, 9966.0, 9960.0, 9974.0, 9975.0, 9923.0, 9947.0, 9930.0, 9971.0, 9947.0, 9954.0, 9984.0, 9988.0, 9953.0, 9954.0, 9954.0, 9948.0, 9980.0, 9926.0, 9950.0, 9939.0, 9982.0, 9957.0, 9960.0, 9961.0, 10000.0, 9941.0, 9940.0, 9983.0, 9967.0, 9949.0, 9941.0, 9972.0, 9958.0, 9912.0, 9917.0, 9930.0, 9959.0, 9908.0, 9933.0, 9953.0, 9922.0, 9941.0, 9989.0, 9928.0, 9941.0, 9930.0, 9988.0, 9935.0, 9940.0, 9972.0, 9965.0, 9964.0, 9937.0, 9966.0, 9954.0, 9982.0, 9945.0, 9935.0, 9946.0, 9977.0, 9923.0, 9929.0, 9939.0, 9953.0, 9925.0, 9942.0, 9986.0, 9951.0, 9961.0, 9983.0, 9982.0, 9951.0, 9948.0, 9976.0, 9938.0, 9991.0, 9947.0, 9956.0, 9951.0, 9988.0, 9996.0, 9961.0], "WindowWidth": [21200.0, 21194.0, 21158.0, 21134.0, 21158.0, 21139.0, 21148.0, 21193.0, 21243.0, 21162.0, 21148.0, 21226.0, 21177.0, 21171.0, 21185.0, 21219.0, 21143.0, 21205.0, 21229.0, 21153.0, 21153.0, 21235.0, 21180.0, 21182.0, 21174.0, 21215.0, 21152.0, 21124.0, 21198.0, 21163.0, 21122.0, 21162.0, 21165.0, 21135.0, 21145.0, 21217.0, 21136.0, 21161.0, 21125.0, 21188.0, 21162.0, 21174.0, 21195.0, 21210.0, 21142.0, 21148.0, 21229.0, 21163.0, 21170.0, 21184.0, 21190.0, 21123.0, 21119.0, 21110.0, 21127.0, 21120.0, 21110.0, 21104.0, 21123.0, 21195.0, 21147.0, 21126.0, 21146.0, 21146.0, 21123.0, 21149.0, 21195.0, 21147.0, 21126.0, 21177.0, 21163.0, 21152.0, 21211.0, 21193.0, 21200.0, 21218.0, 21125.0, 21136.0, 21138.0, 21107.0, 21144.0, 21138.0, 21197.0, 21156.0, 21149.0, 21215.0, 21192.0, 21137.0, 21162.0, 21158.0, 21108.0, 21160.0, 21162.0, 21188.0, 21146.0, 21154.0, 21225.0, 21132.0, 21150.0, 21118.0, 21183.0, 21166.0, 21155.0, 21147.0, 21166.0, 21179.0, 21152.0, 21148.0, 21175.0, 21186.0, 21146.0, 21198.0, 21207.0, 21146.0, 21158.0, 21201.0, 21164.0, 21147.0, 21184.0, 21178.0, 21118.0, 21145.0, 21190.0, 21130.0, 21144.0, 21148.0, 21160.0, 21114.0, 21121.0, 21136.0, 21176.0, 21128.0, 21153.0, 21188.0, 21215.0, 21129.0, 21171.0, 21242.0, 21237.0, 21187.0, 21230.0, 21161.0, 21137.0, 21130.0, 21130.0, 21148.0, 21100.0, 21121.0, 21136.0, 21157.0, 21146.0, 21114.0, 21160.0, 21195.0, 21157.0, 21134.0, 21158.0, 21179.0, 21182.0, 21160.0, 21135.0, 21126.0, 21117.0, 21174.0, 21156.0, 21113.0, 21060.0, 21079.0, 21128.0, 21168.0, 21096.0, 21098.0, 21095.0, 21147.0, 21160.0, 21128.0, 21090.0, 21106.0, 21181.0, 21170.0, 21138.0, 21154.0, 21136.0, 21168.0, 21174.0, 21150.0, 21095.0, 21074.0, 21094.0, 21147.0, 21125.0, 21067.0, 21076.0, 21072.0, 21152.0, 21126.0, 21077.0, 21114.0, 21210.0, 21131.0, 21150.0, 21154.0, 21191.0, 21161.0, 21112.0, 21114.0, 21170.0, 21114.0, 21129.0, 21081.0, 21173.0, 21089.0, 21077.0, 21092.0, 21080.0, 21147.0, 21061.0, 21110.0, 21139.0, 21168.0, 21110.0, 21130.0, 21140.0, 21149.0, 21149.0, 21161.0, 21211.0, 21094.0, 21098.0, 21145.0, 21136.0, 21049.0, 21076.0, 21104.0, 21098.0, 21104.0, 21150.0, 21160.0, 21089.0, 21097.0, 21099.0, 21114.0, 21099.0, 21119.0, 21136.0, 21151.0, 21080.0, 21110.0, 21120.0, 21166.0, 21090.0, 21076.0, 21113.0, 21159.0, 21101.0, 21120.0, 21127.0, 21144.0, 21083.0, 21072.0, 21067.0, 21121.0, 21051.0, 21068.0, 21097.0, 21101.0, 21121.0, 21170.0, 21179.0, 21098.0, 21065.0, 21069.0, 21113.0, 21093.0, 21113.0, 21175.0, 21057.0, 21083.0, 21137.0, 21135.0, 21087.0, 21110.0, 21128.0, 21107.0, 21099.0, 21160.0, 21139.0, 21083.0, 21089.0, 21165.0, 21133.0, 21123.0, 21141.0, 21139.0, 21041.0, 21086.0, 21056.0, 21134.0, 21091.0, 21104.0, 21155.0, 21165.0, 21103.0, 21100.0, 21103.0, 21087.0, 21147.0, 21051.0, 21100.0, 21077.0, 21156.0, 21111.0, 21123.0, 21124.0, 21192.0, 21078.0, 21077.0, 21163.0, 21130.0, 21096.0, 21080.0, 21137.0, 21105.0, 21017.0, 21022.0, 21043.0, 21098.0, 21002.0, 21052.0, 21089.0, 21037.0, 21078.0, 21169.0, 21052.0, 21077.0, 21059.0, 21170.0, 21072.0, 21076.0, 21135.0, 21123.0, 21122.0, 21073.0, 21128.0, 21102.0, 21157.0, 21085.0, 21067.0, 21085.0, 21140.0, 21039.0, 21051.0, 21068.0, 21099.0, 21047.0, 21080.0, 21167.0, 21105.0, 21123.0, 21167.0, 21157.0, 21095.0, 21095.0, 21148.0, 21079.0, 21178.0, 21096.0, 21115.0, 21110.0, 21175.0, 21188.0, 21116.0]}, "slices": {}}}