{"AcquisitionMatrixPE": 96, "AcquisitionNumber": 1, "AcquisitionTime": "17:19:14.115000", "BandwidthPerPixelPhaseEncode": 33.602, "BaseResolution": 96, "BodyPartExamined": "BRAIN", "ConsistencyInfo": "N4_VD11D_LATEST_20110129", "ConversionSoftware": "dcm2niix", "ConversionSoftwareVersion": "v1.0.20210317", "DerivedVendorReportedEchoSpacing": 0.000620003, "DeviceSerialNumber": "45239", "DwellTime": 2.6e-06, "EchoTime": 0.03, "EchoTrainLength": 48, "EffectiveEchoSpacing": 0.000310001, "FlipAngle": 63, "ImageComments": "Unaliased MB4/PE3", "ImageOrientationPatientDICOM": [0.999524, -0.0273859, 0.0141955, 0.0308464, 0.887393, -0.459981], "ImageType": ["ORIGINAL", "PRIMARY", "M", "ND", "NORM", "MOSAIC"], "ImagingFrequency": 123.193, "InPlanePhaseEncodingDirectionDICOM": "COL", "InstitutionAddress": "E 24th St. 100,Austin,Southmiddle,US,78712", "InstitutionName": "Univ of Texas at Austin", "InstitutionalDepartmentName": "IRC", "MRAcquisitionType": "2D", "MagneticFieldStrength": 3, "Manufacturer": "Siemens", "ManufacturersModelName": "Skyra", "Modality": "MR", "MultibandAccelerationFactor": 4, "ParallelReductionFactorInPlane": 2, "PartialFourier": 1, "PatientPosition": "HFS", "PercentPhaseFOV": 100, "PercentSampling": 100, "PhaseEncodingDirection": "j-", "PhaseEncodingSteps": 96, "PhaseResolution": 1, "PixelBandwidth": 2005, "ProcedureStepDescription": "Poldrack2^self-scanning", "ProtocolName": "Resting State fMRI MBEPI_matrix96_BW2004", "PulseSequenceDetails": "%CustomerSeq%\\cmrr_mbep2d_bold", "ReceiveCoilActiveElements": "HEA;HEP", "ReceiveCoilName": "Head_32", "ReconMatrixPE": 96, "RefLinesPE": 94, "RepetitionTime": 1.16, "SAR": 0.0999403, "ScanOptions": "FS", "ScanningSequence": "EP", "SequenceName": "epfid2d1_96", "SequenceVariant": "SK", "SeriesDescription": "Resting State fMRI MBEPI_matrix96_BW2004", "SeriesNumber": 9, "ShimSetting": [-2763, 8062, -15441, 169, -151, 115, 152, -80], "SliceThickness": 2, "SliceTiming": [0, 0.5, 0.9975, 0.3575, 0.855, 0.215, 0.7125, 0.0725, 0.57, 1.07, 0.4275, 0.9275, 0.285, 0.785, 0.1425, 0.6425, 0, 0.5, 0.9975, 0.3575, 0.855, 0.215, 0.7125, 0.0725, 0.57, 1.07, 0.4275, 0.9275, 0.285, 0.785, 0.1425, 0.6425, 0, 0.5, 0.9975, 0.3575, 0.855, 0.215, 0.7125, 0.0725, 0.57, 1.07, 0.4275, 0.9275, 0.285, 0.785, 0.1425, 0.6425, 0, 0.5, 0.9975, 0.3575, 0.855, 0.215, 0.7125, 0.0725, 0.57, 1.07, 0.4275, 0.9275, 0.285, 0.785, 0.1425, 0.6425], "SoftwareVersions": "syngo MR D11", "SpacingBetweenSlices": 2.4, "StationName": "AWP45239", "TaskName": "Resting fmri", "TotalReadoutTime": 0.0294501, "TxRefAmp": 345.849, "WipMemBlock": "6c2f8b83-a16a-4b0e-9786-76323f8c2c99||Sequence: VD11D r195; Nov 21 2012 15:36:10 by eja", "dcmmeta_affine": [[-2.39469313621521, 0.07390272617340088, 7.384470279703237e-08, 116.46179962158203], [0.06561194360256195, 2.1260454654693604, -1.1044795513153076, -82.87410736083984], [0.034010086208581924, 1.1020373106002808, 2.1307568550109863, -78.73172760009766], [0.0, 0.0, 0.0, 1.0]], "dcmmeta_reorient_transform": [[0.0, -1.0, 0.0, 95.0], [1.0, 0.0, 0.0, 0.0], [0.0, 0.0, 1.0, 0.0], [0.0, 0.0, 0.0, 1.0]], "dcmmeta_shape": [96, 96, 64, 518], "dcmmeta_slice_dim": 2, "dcmmeta_version": 0.6, "global": {"const": {"AcquisitionMatrix": [96, 0, 0, 96], "AngioFlag": "N", "BitsAllocated": 16, "BitsStored": 16, "BodyPartExamined": "BRAIN", "Columns": 768, "EchoNumbers": 1, "EchoTime": 30.0, "EchoTrainLength": 48, "FlipAngle": 63.0, "HighBit": 15, "ImageOrientationPatient": [0.99952413789067, -0.0273858565282, 0.01419551464801, 0.03084635754675, 0.88739290384434, -0.4599808000697], "ImagePositionPatient": [-952.93078216747, -811.40586104837, 384.8189573913], "ImageType": ["ORIGINAL", "PRIMARY", "M", "ND", "NORM", "MOSAIC"], "ImagedNucleus": "1H", "ImagingFrequency": 123.193388, "InPlanePhaseEncodingDirection": "COL", "MRAcquisitionType": "2D", "MagneticFieldStrength": 3.0, "Manufacturer": "SIEMENS", "ManufacturerModelName": "Skyra", "Modality": "MR", "NumberOfAverages": 1.0, "NumberOfPhaseEncodingSteps": 96, "PercentPhaseFieldOfView": 100.0, "PercentSampling": 100.0, "PerformedProcedureStepStartTime": "165957.890000", "PhotometricInterpretation": "MONOCHROME2", "PixelBandwidth": 2005.0, "PixelRepresentation": 0, "PixelSpacing": [2.3958332538605, 2.3958332538605], "ProtocolName": "Resting State fMRI MBEPI_matrix96_BW2004", "RepetitionTime": 1160.0, "Rows": 768, "SAR": 0.09994029744314, "SamplesPerPixel": 1, "ScanOptions": "FS", "ScanningSequence": "EP", "SequenceName": "epfid2d1_96", "SequenceVariant": "SK", "SeriesDescription": "Resting State fMRI MBEPI_matrix96_BW2004", "SeriesNumber": 9, "SeriesTime": "171958.906000", "SliceLocation": -31.76059029934, "SliceThickness": 2.0, "SmallestImagePixelValue": 0, "SoftwareVersions": "syngo MR D11", "SpacingBetweenSlices": 2.400000034393, "SpecificCharacterSet": "ISO_IR 100", "StudyID": "1", "StudyTime": "165957.859000", "TransmitCoilName": "Body", "VariableFlipAngleFlag": "N", "WindowCenterWidthExplanation": "Algo1", "dBdt": 0.0}, "slices": {}}, "time": {"samples": {"AcquisitionNumber": [1, 2, 3, 4, 5, 6, 7, 8, 9, 10, 11, 12, 13, 14, 15, 16, 17, 18, 19, 20, 21, 22, 23, 24, 25, 26, 27, 28, 29, 30, 31, 32, 33, 34, 35, 36, 37, 38, 39, 40, 41, 42, 43, 44, 45, 46, 47, 48, 49, 50, 51, 52, 53, 54, 55, 56, 57, 58, 59, 60, 61, 62, 63, 64, 65, 66, 67, 68, 69, 70, 71, 72, 73, 74, 75, 76, 77, 78, 79, 80, 81, 82, 83, 84, 85, 86, 87, 88, 89, 90, 91, 92, 93, 94, 95, 96, 97, 98, 99, 100, 101, 102, 103, 104, 105, 106, 107, 108, 109, 110, 111, 112, 113, 114, 115, 116, 117, 118, 119, 120, 121, 122, 123, 124, 125, 126, 127, 128, 129, 130, 131, 132, 133, 134, 135, 136, 137, 138, 139, 140, 141, 142, 143, 144, 145, 146, 147, 148, 149, 150, 151, 152, 153, 154, 155, 156, 157, 158, 159, 160, 161, 162, 163, 164, 165, 166, 167, 168, 169, 170, 171, 172, 173, 174, 175, 176, 177, 178, 179, 180, 181, 182, 183, 184, 185, 186, 187, 188, 189, 190, 191, 192, 193, 194, 195, 196, 197, 198, 199, 200, 201, 202, 203, 204, 205, 206, 207, 208, 209, 210, 211, 212, 213, 214, 215, 216, 217, 218, 219, 220, 221, 222, 223, 224, 225, 226, 227, 228, 229, 230, 231, 232, 233, 234, 235, 236, 237, 238, 239, 240, 241, 242, 243, 244, 245, 246, 247, 248, 249, 250, 251, 252, 253, 254, 255, 256, 257, 258, 259, 260, 261, 262, 263, 264, 265, 266, 267, 268, 269, 270, 271, 272, 273, 274, 275, 276, 277, 278, 279, 280, 281, 282, 283, 284, 285, 286, 287, 288, 289, 290, 291, 292, 293, 294, 295, 296, 297, 298, 299, 300, 301, 302, 303, 304, 305, 306, 307, 308, 309, 310, 311, 312, 313, 314, 315, 316, 317, 318, 319, 320, 321, 322, 323, 324, 325, 326, 327, 328, 329, 330, 331, 332, 333, 334, 335, 336, 337, 338, 339, 340, 341, 342, 343, 344, 345, 346, 347, 348, 349, 350, 351, 352, 353, 354, 355, 356, 357, 358, 359, 360, 361, 362, 363, 364, 365, 366, 367, 368, 369, 370, 371, 372, 373, 374, 375, 376, 377, 378, 379, 380, 381, 382, 383, 384, 385, 386, 387, 388, 389, 390, 391, 392, 393, 394, 395, 396, 397, 398, 399, 400, 401, 402, 403, 404, 405, 406, 407, 408, 409, 410, 411, 412, 413, 414, 415, 416, 417, 418, 419, 420, 421, 422, 423, 424, 425, 426, 427, 428, 429, 430, 431, 432, 433, 434, 435, 436, 437, 438, 439, 440, 441, 442, 443, 444, 445, 446, 447, 448, 449, 450, 451, 452, 453, 454, 455, 456, 457, 458, 459, 460, 461, 462, 463, 464, 465, 466, 467, 468, 469, 470, 471, 472, 473, 474, 475, 476, 477, 478, 479, 480, 481, 482, 483, 484, 485, 486, 487, 488, 489, 490, 491, 492, 493, 494, 495, 496, 497, 498, 499, 500, 501, 502, 503, 504, 505, 506, 507, 508, 509, 510, 511, 512, 513, 514, 515, 516, 517, 518], "AcquisitionTime": ["171914.115000", "171943.115000", "171944.275000", "171945.435000", "171946.595000", "171947.755000", "171948.915000", "171950.075000", "171951.235000", "171952.395000", "171953.555000", "171954.715000", "171955.875000", "171957.035000", "171958.195000", "171959.355000", "172000.515000", "172001.675000", "172002.835000", "172003.995000", "172005.155000", "172006.315000", "172007.475000", "172008.635000", "172009.795000", "172010.955000", "172012.115000", "172013.275000", "172014.435000", "172015.595000", "172016.755000", "172017.915000", "172019.075000", "172020.235000", "172021.395000", "172022.555000", "172023.715000", "172024.875000", "172026.035000", "172027.195000", "172028.355000", "172029.515000", "172030.675000", "172031.835000", "172032.997500", "172034.157500", "172035.317500", "172036.477500", "172037.637500", "172038.797500", "172039.957500", "172041.117500", "172042.277500", "172043.437500", "172044.597500", "172045.757500", "172046.917500", "172048.077500", "172049.237500", "172050.397500", "172051.557500", "172052.717500", "172053.877500", "172055.037500", "172056.197500", "172057.357500", "172058.517500", "172059.677500", "172100.837500", "172101.997500", "172103.157500", "172104.317500", "172105.477500", "172106.637500", "172107.797500", "172108.957500", "172110.117500", "172111.277500", "172112.437500", "172113.597500", "172114.757500", "172115.917500", "172117.077500", "172118.237500", "172119.397500", "172120.557500", "172121.717500", "172122.877500", "172124.037500", "172125.197500", "172126.357500", "172127.517500", "172128.677500", "172129.837500", "172130.997500", "172132.157500", "172133.317500", "172134.477500", "172135.637500", "172136.797500", "172137.957500", "172139.117500", "172140.277500", "172141.437500", "172142.597500", "172143.757500", "172144.917500", "172146.077500", "172147.237500", "172148.397500", "172149.557500", "172150.717500", "172151.877500", "172153.037500", "172154.197500", "172155.357500", "172156.517500", "172157.677500", "172158.837500", "172159.997500", "172201.157500", "172202.317500", "172203.477500", "172204.637500", "172205.797500", "172206.957500", "172208.117500", "172209.277500", "172210.437500", "172211.597500", "172212.757500", "172213.917500", "172215.077500", "172216.237500", "172217.397500", "172218.557500", "172219.717500", "172220.877500", "172222.037500", "172223.197500", "172224.357500", "172225.517500", "172226.677500", "172227.837500", "172228.997500", "172230.157500", "172231.317500", "172232.477500", "172233.637500", "172234.797500", "172235.957500", "172237.117500", "172238.277500", "172239.437500", "172240.597500", "172241.757500", "172242.917500", "172244.077500", "172245.237500", "172246.397500", "172247.557500", "172248.717500", "172249.877500", "172251.037500", "172252.197500", "172253.357500", "172254.517500", "172255.677500", "172256.837500", "172257.997500", "172259.157500", "172300.317500", "172301.477500", "172302.637500", "172303.797500", "172304.957500", "172306.117500", "172307.277500", "172308.437500", "172309.597500", "172310.757500", "172311.917500", "172313.077500", "172314.237500", "172315.397500", "172316.557500", "172317.717500", "172318.877500", "172320.037500", "172321.197500", "172322.357500", "172323.517500", "172324.677500", "172325.837500", "172326.997500", "172328.157500", "172329.317500", "172330.477500", "172331.637500", "172332.797500", "172333.957500", "172335.117500", "172336.277500", "172337.437500", "172338.597500", "172339.757500", "172340.917500", "172342.077500", "172343.237500", "172344.397500", "172345.557500", "172346.717500", "172347.877500", "172349.037500", "172350.197500", "172351.357500", "172352.517500", "172353.677500", "172354.837500", "172355.997500", "172357.157500", "172358.317500", "172359.477500", "172400.637500", "172401.797500", "172402.957500", "172404.117500", "172405.277500", "172406.437500", "172407.597500", "172408.757500", "172409.917500", "172411.077500", "172412.237500", "172413.397500", "172414.557500", "172415.717500", "172416.877500", "172418.037500", "172419.197500", "172420.357500", "172421.517500", "172422.677500", "172423.837500", "172424.997500", "172426.157500", "172427.317500", "172428.477500", "172429.637500", "172430.797500", "172431.957500", "172433.117500", "172434.277500", "172435.437500", "172436.597500", "172437.757500", "172438.917500", "172440.077500", "172441.237500", "172442.397500", "172443.557500", "172444.717500", "172445.877500", "172447.037500", "172448.197500", "172449.357500", "172450.517500", "172451.677500", "172452.837500", "172453.997500", "172455.157500", "172456.317500", "172457.477500", "172458.637500", "172459.797500", "172500.957500", "172502.117500", "172503.277500", "172504.437500", "172505.597500", "172506.757500", "172507.917500", "172509.077500", "172510.237500", "172511.397500", "172512.557500", "172513.717500", "172514.877500", "172516.037500", "172517.197500", "172518.357500", "172519.517500", "172520.677500", "172521.837500", "172523.000000", "172524.160000", "172525.320000", "172526.480000", "172527.640000", "172528.800000", "172529.960000", "172531.120000", "172532.280000", "172533.440000", "172534.600000", "172535.760000", "172536.920000", "172538.080000", "172539.240000", "172540.400000", "172541.560000", "172542.720000", "172543.880000", "172545.040000", "172546.200000", "172547.360000", "172548.520000", "172549.680000", "172550.840000", "172552.000000", "172553.160000", "172554.320000", "172555.480000", "172556.640000", "172557.800000", "172558.960000", "172600.120000", "172601.280000", "172602.440000", "172603.600000", "172604.760000", "172605.920000", "172607.080000", "172608.240000", "172609.400000", "172610.560000", "172611.720000", "172612.880000", "172614.040000", "172615.200000", "172616.360000", "172617.520000", "172618.680000", "172619.840000", "172621.000000", "172622.160000", "172623.320000", "172624.480000", "172625.640000", "172626.800000", "172627.960000", "172629.120000", "172630.280000", "172631.440000", "172632.600000", "172633.760000", "172634.920000", "172636.080000", "172637.240000", "172638.400000", "172639.560000", "172640.720000", "172641.880000", "172643.040000", "172644.200000", "172645.360000", "172646.520000", "172647.680000", "172648.840000", "172650.000000", "172651.160000", "172652.320000", "172653.480000", "172654.640000", "172655.800000", "172656.960000", "172658.120000", "172659.280000", "172700.440000", "172701.600000", "172702.760000", "172703.920000", "172705.080000", "172706.240000", "172707.400000", "172708.560000", "172709.720000", "172710.880000", "172712.040000", "172713.200000", "172714.360000", "172715.520000", "172716.680000", "172717.840000", "172719.000000", "172720.160000", "172721.320000", "172722.480000", "172723.640000", "172724.800000", "172725.960000", "172727.120000", "172728.280000", "172729.440000", "172730.600000", "172731.760000", "172732.920000", "172734.080000", "172735.240000", "172736.400000", "172737.560000", "172738.720000", "172739.880000", "172741.040000", "172742.200000", "172743.360000", "172744.520000", "172745.680000", "172746.840000", "172748.000000", "172749.160000", "172750.320000", "172751.480000", "172752.640000", "172753.800000", "172754.960000", "172756.120000", "172757.280000", "172758.440000", "172759.600000", "172800.760000", "172801.920000", "172803.080000", "172804.240000", "172805.400000", "172806.560000", "172807.720000", "172808.880000", "172810.040000", "172811.200000", "172812.360000", "172813.520000", "172814.680000", "172815.840000", "172817.000000", "172818.160000", "172819.320000", "172820.480000", "172821.640000", "172822.800000", "172823.960000", "172825.120000", "172826.280000", "172827.440000", "172828.600000", "172829.760000", "172830.920000", "172832.080000", "172833.240000", "172834.400000", "172835.560000", "172836.720000", "172837.880000", "172839.040000", "172840.200000", "172841.360000", "172842.520000", "172843.680000", "172844.840000", "172846.000000", "172847.160000", "172848.320000", "172849.480000", "172850.640000", "172851.800000", "172852.960000", "172854.120000", "172855.280000", "172856.440000", "172857.600000", "172858.760000", "172859.920000", "172901.080000", "172902.240000", "172903.400000", "172904.560000", "172905.720000", "172906.880000", "172908.040000", "172909.200000", "172910.360000", "172911.520000", "172912.680000", "172913.840000", "172915.000000", "172916.160000", "172917.320000", "172918.480000", "172919.640000", "172920.800000", "172921.960000", "172923.120000", "172924.280000", "172925.440000", "172926.600000", "172927.760000", "172928.920000", "172930.080000", "172931.240000", "172932.400000", "172933.560000", "172934.720000", "172935.880000", "172937.040000", "172938.200000", "172939.360000", "172940.520000", "172941.680000"], "ContentTime": ["171958.906000", "172007.109000", "172007.109000", "172007.125000", "172007.125000", "172007.125000", "172007.125000", "172007.125000", "172012.109000", "172012.125000", "172012.125000", "172012.125000", "172017.109000", "172017.109000", "172017.125000", "172017.125000", "172017.125000", "172022.109000", "172022.125000", "172022.125000", "172022.140000", "172027.109000", "172027.125000", "172027.125000", "172027.125000", "172032.109000", "172032.109000", "172032.125000", "172037.109000", "172037.109000", "172037.125000", "172037.125000", "172042.109000", "172042.109000", "172042.125000", "172042.125000", "172042.125000", "172047.109000", "172047.109000", "172047.125000", "172047.125000", "172052.109000", "172052.125000", "172052.125000", "172052.125000", "172057.109000", "172057.125000", "172057.125000", "172057.125000", "172102.109000", "172102.109000", "172102.125000", "172102.125000", "172107.109000", "172107.109000", "172107.125000", "172107.125000", "172112.109000", "172112.125000", "172112.125000", "172112.125000", "172117.109000", "172117.109000", "172117.125000", "172117.125000", "172122.109000", "172122.125000", "172122.140000", "172122.140000", "172127.109000", "172127.109000", "172127.125000", "172127.125000", "172132.109000", "172132.125000", "172132.125000", "172132.125000", "172137.109000", "172137.109000", "172137.125000", "172137.125000", "172142.109000", "172142.109000", "172142.125000", "172147.109000", "172147.109000", "172147.125000", "172147.125000", "172152.109000", "172152.109000", "172152.125000", "172152.125000", "172157.109000", "172157.109000", "172157.125000", "172157.125000", "172157.125000", "172202.109000", "172202.125000", "172202.125000", "172202.140000", "172207.109000", "172207.109000", "172207.125000", "172207.125000", "172212.109000", "172212.109000", "172212.125000", "172212.125000", "172217.109000", "172217.125000", "172217.140000", "172217.140000", "172222.109000", "172222.109000", "172222.125000", "172222.125000", "172227.109000", "172227.109000", "172227.125000", "172227.125000", "172232.109000", "172232.109000", "172232.125000", "172232.125000", "172232.125000", "172237.109000", "172237.109000", "172237.125000", "172242.109000", "172242.109000", "172242.125000", "172242.125000", "172247.109000", "172247.109000", "172247.125000", "172247.125000", "172252.109000", "172252.109000", "172252.125000", "172252.125000", "172257.109000", "172257.109000", "172257.125000", "172257.125000", "172302.109000", "172302.109000", "172302.125000", "172302.125000", "172307.109000", "172307.109000", "172307.125000", "172307.125000", "172312.109000", "172312.109000", "172312.125000", "172317.109000", "172317.109000", "172317.125000", "172317.125000", "172322.109000", "172322.109000", "172322.125000", "172322.125000", "172327.109000", "172327.109000", "172327.125000", "172327.125000", "172332.109000", "172332.109000", "172332.125000", "172332.125000", "172337.109000", "172337.109000", "172337.125000", "172337.125000", "172342.109000", "172342.109000", "172342.125000", "172342.125000", "172347.109000", "172347.109000", "172347.125000", "172352.109000", "172352.109000", "172352.125000", "172352.125000", "172352.125000", "172357.109000", "172357.109000", "172357.125000", "172402.109000", "172402.109000", "172402.125000", "172402.125000", "172407.109000", "172407.109000", "172407.125000", "172412.109000", "172412.109000", "172412.125000", "172412.125000", "172417.109000", "172417.109000", "172417.125000", "172417.125000", "172422.109000", "172422.109000", "172422.125000", "172422.125000", "172427.109000", "172427.109000", "172427.125000", "172427.125000", "172432.109000", "172432.109000", "172432.125000", "172432.125000", "172437.109000", "172437.109000", "172437.125000", "172437.125000", "172442.109000", "172442.109000", "172442.125000", "172447.109000", "172447.140000", "172447.156000", "172447.156000", "172447.156000", "172452.109000", "172452.109000", "172452.125000", "172457.109000", "172457.125000", "172457.125000", "172457.125000", "172502.109000", "172502.109000", "172502.125000", "172502.125000", "172507.109000", "172507.109000", "172507.125000", "172507.125000", "172512.109000", "172512.109000", "172512.125000", "172512.125000", "172517.109000", "172517.109000", "172517.125000", "172517.125000", "172522.109000", "172522.109000", "172522.125000", "172522.125000", "172527.109000", "172527.109000", "172527.125000", "172527.125000", "172532.109000", "172532.109000", "172532.125000", "172537.109000", "172537.109000", "172537.125000", "172537.125000", "172542.109000", "172542.109000", "172542.125000", "172542.125000", "172547.109000", "172547.109000", "172547.125000", "172547.125000", "172552.109000", "172552.109000", "172552.125000", "172557.109000", "172557.109000", "172557.125000", "172557.125000", "172602.125000", "172602.125000", "172602.125000", "172602.125000", "172607.109000", "172607.109000", "172607.125000", "172607.125000", "172612.109000", "172612.109000", "172612.125000", "172612.125000", "172617.109000", "172617.109000", "172617.125000", "172617.125000", "172622.109000", "172622.109000", "172622.125000", "172622.125000", "172627.109000", "172627.109000", "172627.125000", "172627.140000", "172632.109000", "172632.109000", "172632.125000", "172632.125000", "172637.109000", "172637.109000", "172637.125000", "172637.125000", "172642.109000", "172642.109000", "172642.125000", "172647.109000", "172647.109000", "172647.125000", "172647.125000", "172647.125000", "172652.109000", "172652.109000", "172652.125000", "172652.125000", "172657.109000", "172657.109000", "172657.125000", "172657.125000", "172702.109000", "172702.109000", "172702.125000", "172702.125000", "172707.109000", "172707.109000", "172707.125000", "172712.109000", "172712.109000", "172712.125000", "172712.125000", "172717.109000", "172717.109000", "172717.125000", "172717.125000", "172722.109000", "172722.109000", "172722.125000", "172722.125000", "172727.109000", "172727.109000", "172727.125000", "172727.125000", "172732.109000", "172732.109000", "172732.125000", "172737.109000", "172737.109000", "172737.125000", "172737.125000", "172742.109000", "172742.109000", "172742.125000", "172742.125000", "172747.109000", "172747.109000", "172747.125000", "172747.125000", "172752.109000", "172752.109000", "172752.125000", "172752.125000", "172757.109000", "172757.109000", "172757.125000", "172757.125000", "172802.109000", "172802.125000", "172802.125000", "172802.125000", "172807.109000", "172807.109000", "172807.125000", "172807.125000", "172812.109000", "172812.109000", "172812.125000", "172812.125000", "172817.109000", "172817.109000", "172817.125000", "172817.125000", "172817.125000", "172822.109000", "172822.109000", "172822.125000", "172827.109000", "172827.109000", "172827.125000", "172827.125000", "172827.125000", "172832.109000", "172832.109000", "172832.125000", "172832.125000", "172837.109000", "172837.109000", "172837.125000", "172842.109000", "172842.109000", "172842.125000", "172842.125000", "172847.109000", "172847.109000", "172847.125000", "172847.125000", "172847.125000", "172852.109000", "172852.109000", "172852.125000", "172852.125000", "172857.109000", "172857.109000", "172857.125000", "172902.109000", "172902.109000", "172902.125000", "172902.125000", "172907.109000", "172907.109000", "172907.125000", "172907.125000", "172907.125000", "172912.109000", "172912.109000", "172912.125000", "172917.109000", "172917.125000", "172917.125000", "172917.125000", "172922.109000", "172922.125000", "172922.125000", "172922.125000", "172927.109000", "172927.109000", "172927.125000", "172927.125000", "172932.109000", "172932.109000", "172932.125000", "172932.125000", "172937.109000", "172937.109000", "172937.125000", "172937.125000", "172942.109000", "172942.140000", "172942.140000", "172942.140000", "172947.109000", "172947.125000", "172947.125000", "172947.125000", "172952.109000", "172952.109000", "172952.125000", "172952.125000", "172957.109000", "172957.125000", "172957.125000", "172957.125000", "173002.109000", "173002.109000", "173002.125000", "173002.125000", "173007.109000", "173007.125000", "173007.125000", "173007.125000", "173007.140000", "173012.109000", "173012.109000", "173012.125000", "173012.125000", "173017.109000", "173017.109000", "173017.125000", "173017.125000", "173022.109000", "173022.109000", "173022.125000", "173022.125000", "173027.109000", "173027.109000", "173027.125000", "173027.125000", "173032.109000", "173032.109000", "173032.125000", "173032.125000", "173032.125000", "173037.109000", "173037.109000", "173037.125000", "173037.125000", "173042.109000", "173042.125000", "173042.125000", "173042.125000", "173047.109000", "173047.109000", "173047.125000", "173047.125000", "173047.125000", "173048.609000", "173048.609000"], "InstanceCreationTime": ["171958.906000", "172007.109000", "172007.109000", "172007.125000", "172007.125000", "172007.125000", "172007.125000", "172007.125000", "172012.109000", "172012.125000", "172012.125000", "172012.125000", "172017.109000", "172017.109000", "172017.125000", "172017.125000", "172017.125000", "172022.109000", "172022.125000", "172022.125000", "172022.140000", "172027.109000", "172027.125000", "172027.125000", "172027.125000", "172032.109000", "172032.109000", "172032.125000", "172037.109000", "172037.109000", "172037.125000", "172037.125000", "172042.109000", "172042.109000", "172042.125000", "172042.125000", "172042.125000", "172047.109000", "172047.109000", "172047.125000", "172047.125000", "172052.109000", "172052.125000", "172052.125000", "172052.125000", "172057.109000", "172057.125000", "172057.125000", "172057.125000", "172102.109000", "172102.109000", "172102.125000", "172102.125000", "172107.109000", "172107.109000", "172107.125000", "172107.125000", "172112.109000", "172112.125000", "172112.125000", "172112.125000", "172117.109000", "172117.109000", "172117.125000", "172117.125000", "172122.109000", "172122.125000", "172122.140000", "172122.140000", "172127.109000", "172127.109000", "172127.125000", "172127.125000", "172132.109000", "172132.125000", "172132.125000", "172132.125000", "172137.109000", "172137.109000", "172137.125000", "172137.125000", "172142.109000", "172142.109000", "172142.125000", "172147.109000", "172147.109000", "172147.125000", "172147.125000", "172152.109000", "172152.109000", "172152.125000", "172152.125000", "172157.109000", "172157.109000", "172157.125000", "172157.125000", "172157.125000", "172202.109000", "172202.125000", "172202.125000", "172202.140000", "172207.109000", "172207.109000", "172207.125000", "172207.125000", "172212.109000", "172212.109000", "172212.125000", "172212.125000", "172217.109000", "172217.125000", "172217.140000", "172217.140000", "172222.109000", "172222.109000", "172222.125000", "172222.125000", "172227.109000", "172227.109000", "172227.125000", "172227.125000", "172232.109000", "172232.109000", "172232.125000", "172232.125000", "172232.125000", "172237.109000", "172237.109000", "172237.125000", "172242.109000", "172242.109000", "172242.125000", "172242.125000", "172247.109000", "172247.109000", "172247.125000", "172247.125000", "172252.109000", "172252.109000", "172252.125000", "172252.125000", "172257.109000", "172257.109000", "172257.125000", "172257.125000", "172302.109000", "172302.109000", "172302.125000", "172302.125000", "172307.109000", "172307.109000", "172307.125000", "172307.125000", "172312.109000", "172312.109000", "172312.125000", "172317.109000", "172317.109000", "172317.125000", "172317.125000", "172322.109000", "172322.109000", "172322.125000", "172322.125000", "172327.109000", "172327.109000", "172327.125000", "172327.125000", "172332.109000", "172332.109000", "172332.125000", "172332.125000", "172337.109000", "172337.109000", "172337.125000", "172337.125000", "172342.109000", "172342.109000", "172342.125000", "172342.125000", "172347.109000", "172347.109000", "172347.125000", "172352.109000", "172352.109000", "172352.125000", "172352.125000", "172352.125000", "172357.109000", "172357.109000", "172357.125000", "172402.109000", "172402.109000", "172402.125000", "172402.125000", "172407.109000", "172407.109000", "172407.125000", "172412.109000", "172412.109000", "172412.125000", "172412.125000", "172417.109000", "172417.109000", "172417.125000", "172417.125000", "172422.109000", "172422.109000", "172422.125000", "172422.125000", "172427.109000", "172427.109000", "172427.125000", "172427.125000", "172432.109000", "172432.109000", "172432.125000", "172432.125000", "172437.109000", "172437.109000", "172437.125000", "172437.125000", "172442.109000", "172442.109000", "172442.125000", "172447.109000", "172447.140000", "172447.156000", "172447.156000", "172447.156000", "172452.109000", "172452.109000", "172452.125000", "172457.109000", "172457.125000", "172457.125000", "172457.125000", "172502.109000", "172502.109000", "172502.125000", "172502.125000", "172507.109000", "172507.109000", "172507.125000", "172507.125000", "172512.109000", "172512.109000", "172512.125000", "172512.125000", "172517.109000", "172517.109000", "172517.125000", "172517.125000", "172522.109000", "172522.109000", "172522.125000", "172522.125000", "172527.109000", "172527.109000", "172527.125000", "172527.125000", "172532.109000", "172532.109000", "172532.125000", "172537.109000", "172537.109000", "172537.125000", "172537.125000", "172542.109000", "172542.109000", "172542.125000", "172542.125000", "172547.109000", "172547.109000", "172547.125000", "172547.125000", "172552.109000", "172552.109000", "172552.125000", "172557.109000", "172557.109000", "172557.125000", "172557.125000", "172602.125000", "172602.125000", "172602.125000", "172602.125000", "172607.109000", "172607.109000", "172607.125000", "172607.125000", "172612.109000", "172612.109000", "172612.125000", "172612.125000", "172617.109000", "172617.109000", "172617.125000", "172617.125000", "172622.109000", "172622.109000", "172622.125000", "172622.125000", "172627.109000", "172627.109000", "172627.125000", "172627.140000", "172632.109000", "172632.109000", "172632.125000", "172632.125000", "172637.109000", "172637.109000", "172637.125000", "172637.125000", "172642.109000", "172642.109000", "172642.125000", "172647.109000", "172647.109000", "172647.125000", "172647.125000", "172647.125000", "172652.109000", "172652.109000", "172652.125000", "172652.125000", "172657.109000", "172657.109000", "172657.125000", "172657.125000", "172702.109000", "172702.109000", "172702.125000", "172702.125000", "172707.109000", "172707.109000", "172707.125000", "172712.109000", "172712.109000", "172712.125000", "172712.125000", "172717.109000", "172717.109000", "172717.125000", "172717.125000", "172722.109000", "172722.109000", "172722.125000", "172722.125000", "172727.109000", "172727.109000", "172727.125000", "172727.125000", "172732.109000", "172732.109000", "172732.125000", "172737.109000", "172737.109000", "172737.125000", "172737.125000", "172742.109000", "172742.109000", "172742.125000", "172742.125000", "172747.109000", "172747.109000", "172747.125000", "172747.125000", "172752.109000", "172752.109000", "172752.125000", "172752.125000", "172757.109000", "172757.109000", "172757.125000", "172757.125000", "172802.109000", "172802.125000", "172802.125000", "172802.125000", "172807.109000", "172807.109000", "172807.125000", "172807.125000", "172812.109000", "172812.109000", "172812.125000", "172812.125000", "172817.109000", "172817.109000", "172817.125000", "172817.125000", "172817.125000", "172822.109000", "172822.109000", "172822.125000", "172827.109000", "172827.109000", "172827.125000", "172827.125000", "172827.125000", "172832.109000", "172832.109000", "172832.125000", "172832.125000", "172837.109000", "172837.109000", "172837.125000", "172842.109000", "172842.109000", "172842.125000", "172842.125000", "172847.109000", "172847.109000", "172847.125000", "172847.125000", "172847.125000", "172852.109000", "172852.109000", "172852.125000", "172852.125000", "172857.109000", "172857.109000", "172857.125000", "172902.109000", "172902.109000", "172902.125000", "172902.125000", "172907.109000", "172907.109000", "172907.125000", "172907.125000", "172907.125000", "172912.109000", "172912.109000", "172912.125000", "172917.109000", "172917.125000", "172917.125000", "172917.125000", "172922.109000", "172922.125000", "172922.125000", "172922.125000", "172927.109000", "172927.109000", "172927.125000", "172927.125000", "172932.109000", "172932.109000", "172932.125000", "172932.125000", "172937.109000", "172937.109000", "172937.125000", "172937.125000", "172942.109000", "172942.140000", "172942.140000", "172942.140000", "172947.109000", "172947.125000", "172947.125000", "172947.125000", "172952.109000", "172952.109000", "172952.125000", "172952.125000", "172957.109000", "172957.125000", "172957.125000", "172957.125000", "173002.109000", "173002.109000", "173002.125000", "173002.125000", "173007.109000", "173007.125000", "173007.125000", "173007.125000", "173007.140000", "173012.109000", "173012.109000", "173012.125000", "173012.125000", "173017.109000", "173017.109000", "173017.125000", "173017.125000", "173022.109000", "173022.109000", "173022.125000", "173022.125000", "173027.109000", "173027.109000", "173027.125000", "173027.125000", "173032.109000", "173032.109000", "173032.125000", "173032.125000", "173032.125000", "173037.109000", "173037.109000", "173037.125000", "173037.125000", "173042.109000", "173042.125000", "173042.125000", "173042.125000", "173047.109000", "173047.109000", "173047.125000", "173047.125000", "173047.125000", "173048.609000", "173048.609000"], "InstanceNumber": [1, 2, 3, 4, 5, 6, 7, 8, 9, 10, 11, 12, 13, 14, 15, 16, 17, 18, 19, 20, 21, 22, 23, 24, 25, 26, 27, 28, 29, 30, 31, 32, 33, 34, 35, 36, 37, 38, 39, 40, 41, 42, 43, 44, 45, 46, 47, 48, 49, 50, 51, 52, 53, 54, 55, 56, 57, 58, 59, 60, 61, 62, 63, 64, 65, 66, 67, 68, 69, 70, 71, 72, 73, 74, 75, 76, 77, 78, 79, 80, 81, 82, 83, 84, 85, 86, 87, 88, 89, 90, 91, 92, 93, 94, 95, 96, 97, 98, 99, 100, 101, 102, 103, 104, 105, 106, 107, 108, 109, 110, 111, 112, 113, 114, 115, 116, 117, 118, 119, 120, 121, 122, 123, 124, 125, 126, 127, 128, 129, 130, 131, 132, 133, 134, 135, 136, 137, 138, 139, 140, 141, 142, 143, 144, 145, 146, 147, 148, 149, 150, 151, 152, 153, 154, 155, 156, 157, 158, 159, 160, 161, 162, 163, 164, 165, 166, 167, 168, 169, 170, 171, 172, 173, 174, 175, 176, 177, 178, 179, 180, 181, 182, 183, 184, 185, 186, 187, 188, 189, 190, 191, 192, 193, 194, 195, 196, 197, 198, 199, 200, 201, 202, 203, 204, 205, 206, 207, 208, 209, 210, 211, 212, 213, 214, 215, 216, 217, 218, 219, 220, 221, 222, 223, 224, 225, 226, 227, 228, 229, 230, 231, 232, 233, 234, 235, 236, 237, 238, 239, 240, 241, 242, 243, 244, 245, 246, 247, 248, 249, 250, 251, 252, 253, 254, 255, 256, 257, 258, 259, 260, 261, 262, 263, 264, 265, 266, 267, 268, 269, 270, 271, 272, 273, 274, 275, 276, 277, 278, 279, 280, 281, 282, 283, 284, 285, 286, 287, 288, 289, 290, 291, 292, 293, 294, 295, 296, 297, 298, 299, 300, 301, 302, 303, 304, 305, 306, 307, 308, 309, 310, 311, 312, 313, 314, 315, 316, 317, 318, 319, 320, 321, 322, 323, 324, 325, 326, 327, 328, 329, 330, 331, 332, 333, 334, 335, 336, 337, 338, 339, 340, 341, 342, 343, 344, 345, 346, 347, 348, 349, 350, 351, 352, 353, 354, 355, 356, 357, 358, 359, 360, 361, 362, 363, 364, 365, 366, 367, 368, 369, 370, 371, 372, 373, 374, 375, 376, 377, 378, 379, 380, 381, 382, 383, 384, 385, 386, 387, 388, 389, 390, 391, 392, 393, 394, 395, 396, 397, 398, 399, 400, 401, 402, 403, 404, 405, 406, 407, 408, 409, 410, 411, 412, 413, 414, 415, 416, 417, 418, 419, 420, 421, 422, 423, 424, 425, 426, 427, 428, 429, 430, 431, 432, 433, 434, 435, 436, 437, 438, 439, 440, 441, 442, 443, 444, 445, 446, 447, 448, 449, 450, 451, 452, 453, 454, 455, 456, 457, 458, 459, 460, 461, 462, 463, 464, 465, 466, 467, 468, 469, 470, 471, 472, 473, 474, 475, 476, 477, 478, 479, 480, 481, 482, 483, 484, 485, 486, 487, 488, 489, 490, 491, 492, 493, 494, 495, 496, 497, 498, 499, 500, 501, 502, 503, 504, 505, 506, 507, 508, 509, 510, 511, 512, 513, 514, 515, 516, 517, 518], "LargestImagePixelValue": [22787, 22253, 21901, 22093, 23906, 26221, 22452, 23503, 21662, 30797, 21563, 22138, 34024, 21654, 24036, 22205, 28055, 24682, 27697, 24506, 21627, 25554, 24696, 21847, 21652, 28030, 23003, 21375, 22650, 21636, 23542, 25737, 34397, 24101, 24186, 23469, 21620, 21583, 21963, 21589, 25985, 21460, 23272, 22343, 21461, 24287, 23191, 22301, 21478, 21527, 26600, 34130, 27489, 22839, 21721, 26824, 23149, 21762, 28480, 22102, 21808, 28115, 21759, 21900, 21825, 28518, 21747, 21998, 22170, 29949, 21873, 21844, 28625, 21762, 21577, 22015, 22095, 29742, 21851, 26230, 21810, 21814, 26778, 22181, 27189, 21852, 25898, 22727, 21854, 26558, 28697, 21736, 21880, 21650, 23410, 24527, 21916, 22381, 24310, 24135, 36693, 24900, 21628, 21779, 21899, 21803, 22822, 21937, 22582, 29452, 29235, 21958, 35718, 21808, 27021, 21796, 22061, 29910, 24050, 23161, 31933, 22668, 36138, 22036, 21761, 28724, 22221, 22339, 22031, 21893, 31001, 24668, 22041, 25436, 22316, 23120, 21846, 21716, 29512, 35958, 26476, 24218, 21918, 21968, 25183, 22124, 22027, 25129, 22246, 26007, 21999, 22549, 23141, 28346, 22061, 22953, 21798, 24409, 32190, 25628, 22231, 32887, 22056, 24522, 21940, 21833, 27763, 21992, 22166, 21942, 21971, 21938, 34859, 26629, 26234, 21760, 22125, 22061, 28246, 22057, 23489, 22081, 21884, 29725, 23260, 22267, 27710, 22180, 22518, 21946, 21823, 21981, 22032, 22483, 22000, 22387, 28952, 23973, 21880, 31125, 22179, 32963, 22151, 24895, 21962, 22098, 31434, 22643, 21788, 21804, 28609, 21859, 22115, 22569, 21922, 21734, 22654, 34399, 22120, 22272, 21816, 22419, 21871, 21815, 26239, 21913, 21576, 21680, 21872, 22085, 25982, 21705, 25179, 21783, 21834, 31586, 22875, 25909, 21672, 21599, 29772, 21667, 23298, 21689, 24331, 29910, 25882, 26932, 25208, 21618, 27595, 21904, 24309, 21689, 21567, 31689, 22581, 22847, 21773, 25682, 21705, 21570, 29237, 23325, 21628, 21833, 21597, 24875, 21904, 21730, 25229, 21797, 29544, 22163, 21718, 32001, 22282, 24530, 21709, 23435, 22061, 22214, 21616, 21604, 32598, 22632, 22197, 21988, 24573, 21790, 21962, 30259, 24500, 34000, 21732, 26130, 21743, 21907, 21967, 23607, 21702, 21933, 30442, 23920, 29392, 21428, 22454, 23007, 24041, 29611, 21611, 21701, 24508, 22034, 24549, 21605, 22069, 28841, 23155, 23000, 33454, 23620, 31830, 21646, 21806, 28612, 22114, 21693, 21569, 28735, 21915, 21855, 31105, 21608, 25723, 21783, 21793, 24391, 21905, 21767, 21426, 24216, 29011, 26015, 30422, 31408, 21897, 21710, 29896, 21873, 28687, 21536, 21589, 27648, 22268, 31532, 21632, 21469, 28714, 21899, 21960, 27087, 21603, 21593, 29063, 22030, 24116, 21830, 22940, 31206, 23925, 24174, 31853, 21700, 32241, 21537, 22647, 27565, 21825, 31698, 26356, 28406, 21380, 22362, 25275, 21465, 23815, 22053, 21828, 32672, 23500, 23417, 28804, 21821, 23234, 21709, 22116, 21423, 21664, 27432, 21665, 22695, 21558, 21982, 22346, 21567, 28226, 21696, 23074, 21588, 22984, 21605, 22914, 32001, 26474, 34084, 22613, 21817, 31842, 22001, 21449, 21426, 27633, 22917, 21915, 30363, 21531, 26378, 22147, 21511, 25760, 21863, 24721, 21503, 21480, 29898, 22249, 21650, 32846, 21539, 25494, 23454, 22033, 23366, 21479, 21555, 22697, 22182, 21600, 27405, 21486, 24804, 21990, 30438, 27613, 30311, 32604, 24551, 21710, 34582, 21348, 26242, 23552, 21628, 27013, 21403, 21529, 28290, 21975, 23245, 26674, 21657, 23082, 23080, 27412, 29787, 21664, 23844, 26714, 29675, 21549, 33270, 21510, 22691, 26870, 21734, 29994, 21457, 28985, 21496, 22599, 28117, 21437, 21560, 21577, 27453, 21737, 24312, 21280, 21759, 29307, 21654, 26531, 21470, 27494, 21441, 22409, 25200, 21614, 21418, 21387, 21575, 21391, 31047, 26848, 21448, 21475, 28517], "WindowCenter": [9541.0, 9535.0, 9531.0, 9550.0, 9557.0, 9552.0, 9535.0, 9545.0, 9549.0, 9593.0, 9551.0, 9548.0, 9584.0, 9532.0, 9538.0, 9533.0, 9563.0, 9530.0, 9562.0, 9542.0, 9519.0, 9549.0, 9553.0, 9523.0, 9528.0, 9552.0, 9527.0, 9509.0, 9539.0, 9542.0, 9557.0, 9550.0, 9576.0, 9525.0, 9540.0, 9512.0, 9504.0, 9493.0, 9513.0, 9511.0, 9541.0, 9526.0, 9530.0, 9533.0, 9524.0, 9550.0, 9542.0, 9544.0, 9546.0, 9541.0, 9556.0, 9569.0, 9541.0, 9517.0, 9530.0, 9551.0, 9543.0, 9526.0, 9548.0, 9519.0, 9515.0, 9553.0, 9520.0, 9525.0, 9527.0, 9557.0, 9513.0, 9517.0, 9522.0, 9561.0, 9523.0, 9516.0, 9536.0, 9508.0, 9512.0, 9511.0, 9529.0, 9555.0, 9526.0, 9546.0, 9514.0, 9504.0, 9538.0, 9521.0, 9541.0, 9527.0, 9555.0, 9528.0, 9518.0, 9528.0, 9542.0, 9499.0, 9504.0, 9525.0, 9563.0, 9583.0, 9534.0, 9522.0, 9528.0, 9514.0, 9555.0, 9507.0, 9493.0, 9491.0, 9500.0, 9519.0, 9526.0, 9530.0, 9535.0, 9545.0, 9537.0, 9501.0, 9557.0, 9512.0, 9547.0, 9518.0, 9521.0, 9551.0, 9522.0, 9510.0, 9538.0, 9492.0, 9544.0, 9496.0, 9491.0, 9521.0, 9506.0, 9513.0, 9496.0, 9509.0, 9544.0, 9513.0, 9500.0, 9513.0, 9504.0, 9516.0, 9510.0, 9508.0, 9534.0, 9536.0, 9502.0, 9489.0, 9487.0, 9498.0, 9516.0, 9496.0, 9503.0, 9519.0, 9508.0, 9525.0, 9507.0, 9504.0, 9497.0, 9526.0, 9491.0, 9505.0, 9504.0, 9518.0, 9553.0, 9518.0, 9479.0, 9529.0, 9503.0, 9530.0, 9508.0, 9500.0, 9532.0, 9496.0, 9506.0, 9512.0, 9517.0, 9509.0, 9554.0, 9526.0, 9513.0, 9492.0, 9504.0, 9492.0, 9520.0, 9494.0, 9502.0, 9507.0, 9506.0, 9538.0, 9488.0, 9478.0, 9491.0, 9469.0, 9487.0, 9490.0, 9484.0, 9488.0, 9473.0, 9476.0, 9494.0, 9503.0, 9525.0, 9496.0, 9482.0, 9520.0, 9487.0, 9536.0, 9499.0, 9507.0, 9491.0, 9489.0, 9527.0, 9499.0, 9495.0, 9505.0, 9526.0, 9486.0, 9492.0, 9491.0, 9493.0, 9492.0, 9488.0, 9541.0, 9490.0, 9475.0, 9477.0, 9494.0, 9491.0, 9483.0, 9510.0, 9485.0, 9480.0, 9496.0, 9497.0, 9505.0, 9519.0, 9498.0, 9521.0, 9499.0, 9491.0, 9523.0, 9482.0, 9507.0, 9496.0, 9491.0, 9529.0, 9484.0, 9510.0, 9517.0, 9520.0, 9536.0, 9512.0, 9502.0, 9506.0, 9499.0, 9521.0, 9503.0, 9494.0, 9486.0, 9498.0, 9533.0, 9497.0, 9494.0, 9489.0, 9515.0, 9502.0, 9482.0, 9523.0, 9479.0, 9471.0, 9484.0, 9495.0, 9521.0, 9495.0, 9475.0, 9516.0, 9499.0, 9540.0, 9488.0, 9475.0, 9521.0, 9484.0, 9498.0, 9489.0, 9489.0, 9474.0, 9480.0, 9471.0, 9472.0, 9511.0, 9470.0, 9457.0, 9448.0, 9491.0, 9487.0, 9477.0, 9513.0, 9491.0, 9523.0, 9481.0, 9511.0, 9481.0, 9476.0, 9478.0, 9491.0, 9494.0, 9494.0, 9524.0, 9497.0, 9514.0, 9464.0, 9494.0, 9496.0, 9475.0, 9511.0, 9489.0, 9496.0, 9505.0, 9479.0, 9498.0, 9497.0, 9500.0, 9537.0, 9500.0, 9480.0, 9516.0, 9480.0, 9519.0, 9467.0, 9466.0, 9496.0, 9454.0, 9459.0, 9467.0, 9495.0, 9449.0, 9444.0, 9493.0, 9462.0, 9472.0, 9461.0, 9475.0, 9494.0, 9488.0, 9496.0, 9516.0, 9515.0, 9526.0, 9505.0, 9511.0, 9517.0, 9479.0, 9464.0, 9522.0, 9484.0, 9518.0, 9480.0, 9465.0, 9491.0, 9469.0, 9492.0, 9452.0, 9441.0, 9483.0, 9464.0, 9462.0, 9496.0, 9485.0, 9493.0, 9515.0, 9500.0, 9504.0, 9498.0, 9508.0, 9539.0, 9491.0, 9489.0, 9504.0, 9466.0, 9529.0, 9470.0, 9473.0, 9489.0, 9461.0, 9502.0, 9481.0, 9507.0, 9447.0, 9463.0, 9480.0, 9456.0, 9464.0, 9474.0, 9465.0, 9509.0, 9464.0, 9466.0, 9491.0, 9431.0, 9474.0, 9449.0, 9479.0, 9471.0, 9483.0, 9509.0, 9465.0, 9484.0, 9480.0, 9468.0, 9488.0, 9479.0, 9509.0, 9486.0, 9485.0, 9488.0, 9502.0, 9492.0, 9498.0, 9522.0, 9496.0, 9506.0, 9466.0, 9456.0, 9498.0, 9462.0, 9458.0, 9463.0, 9503.0, 9465.0, 9463.0, 9487.0, 9458.0, 9491.0, 9466.0, 9453.0, 9486.0, 9473.0, 9491.0, 9477.0, 9476.0, 9518.0, 9463.0, 9463.0, 9512.0, 9475.0, 9508.0, 9487.0, 9475.0, 9482.0, 9477.0, 9489.0, 9505.0, 9482.0, 9493.0, 9525.0, 9513.0, 9517.0, 9488.0, 9512.0, 9492.0, 9514.0, 9504.0, 9466.0, 9449.0, 9508.0, 9456.0, 9492.0, 9463.0, 9452.0, 9477.0, 9454.0, 9453.0, 9487.0, 9472.0, 9482.0, 9503.0, 9496.0, 9500.0, 9494.0, 9511.0, 9514.0, 9471.0, 9485.0, 9483.0, 9496.0, 9435.0, 9520.0, 9461.0, 9463.0, 9476.0, 9444.0, 9471.0, 9455.0, 9500.0, 9453.0, 9455.0, 9485.0, 9459.0, 9450.0, 9464.0, 9511.0, 9479.0, 9486.0, 9477.0, 9487.0, 9521.0, 9474.0, 9497.0, 9472.0, 9515.0, 9479.0, 9478.0, 9486.0, 9460.0, 9468.0, 9465.0, 9469.0, 9469.0, 9511.0, 9486.0, 9461.0, 9468.0, 9491.0], "WindowWidth": [20163.0, 20144.0, 20136.0, 20169.0, 20181.0, 20169.0, 20137.0, 20160.0, 20171.0, 20249.0, 20175.0, 20164.0, 20225.0, 20131.0, 20141.0, 20137.0, 20186.0, 20125.0, 20180.0, 20147.0, 20105.0, 20158.0, 20171.0, 20118.0, 20124.0, 20163.0, 20119.0, 20087.0, 20146.0, 20156.0, 20182.0, 20167.0, 20206.0, 20112.0, 20139.0, 20086.0, 20070.0, 20052.0, 20091.0, 20090.0, 20143.0, 20118.0, 20127.0, 20133.0, 20117.0, 20162.0, 20155.0, 20158.0, 20164.0, 20154.0, 20173.0, 20193.0, 20143.0, 20100.0, 20125.0, 20164.0, 20150.0, 20116.0, 20153.0, 20104.0, 20098.0, 20162.0, 20104.0, 20116.0, 20118.0, 20170.0, 20093.0, 20104.0, 20109.0, 20177.0, 20112.0, 20095.0, 20129.0, 20081.0, 20087.0, 20091.0, 20125.0, 20168.0, 20115.0, 20151.0, 20094.0, 20074.0, 20133.0, 20109.0, 20141.0, 20121.0, 20169.0, 20119.0, 20098.0, 20114.0, 20136.0, 20059.0, 20072.0, 20112.0, 20205.0, 20249.0, 20135.0, 20105.0, 20111.0, 20082.0, 20152.0, 20067.0, 20038.0, 20040.0, 20061.0, 20100.0, 20114.0, 20125.0, 20132.0, 20144.0, 20129.0, 20064.0, 20163.0, 20085.0, 20150.0, 20104.0, 20106.0, 20156.0, 20105.0, 20081.0, 20123.0, 20039.0, 20132.0, 20050.0, 20038.0, 20090.0, 20075.0, 20085.0, 20054.0, 20076.0, 20137.0, 20080.0, 20056.0, 20080.0, 20071.0, 20090.0, 20080.0, 20077.0, 20119.0, 20117.0, 20062.0, 20034.0, 20031.0, 20054.0, 20086.0, 20053.0, 20066.0, 20101.0, 20078.0, 20105.0, 20075.0, 20067.0, 20050.0, 20102.0, 20042.0, 20069.0, 20071.0, 20096.0, 20155.0, 20091.0, 20021.0, 20109.0, 20066.0, 20120.0, 20078.0, 20061.0, 20121.0, 20057.0, 20072.0, 20087.0, 20098.0, 20080.0, 20158.0, 20105.0, 20078.0, 20043.0, 20063.0, 20041.0, 20091.0, 20049.0, 20064.0, 20072.0, 20072.0, 20125.0, 20031.0, 20010.0, 20035.0, 19993.0, 20026.0, 20038.0, 20025.0, 20030.0, 20005.0, 20008.0, 20044.0, 20064.0, 20102.0, 20048.0, 20021.0, 20090.0, 20032.0, 20117.0, 20056.0, 20069.0, 20039.0, 20033.0, 20104.0, 20052.0, 20048.0, 20067.0, 20102.0, 20028.0, 20039.0, 20041.0, 20043.0, 20042.0, 20036.0, 20127.0, 20037.0, 20009.0, 20009.0, 20041.0, 20040.0, 20024.0, 20075.0, 20024.0, 20015.0, 20050.0, 20053.0, 20070.0, 20089.0, 20051.0, 20095.0, 20056.0, 20040.0, 20094.0, 20020.0, 20068.0, 20054.0, 20040.0, 20108.0, 20028.0, 20077.0, 20096.0, 20101.0, 20123.0, 20083.0, 20055.0, 20063.0, 20054.0, 20094.0, 20066.0, 20045.0, 20027.0, 20054.0, 20115.0, 20050.0, 20045.0, 20036.0, 20084.0, 20063.0, 20022.0, 20096.0, 20011.0, 19996.0, 20027.0, 20050.0, 20093.0, 20051.0, 20014.0, 20085.0, 20056.0, 20129.0, 20033.0, 20008.0, 20084.0, 20021.0, 20050.0, 20035.0, 20031.0, 20004.0, 20011.0, 19996.0, 19998.0, 20066.0, 19992.0, 19967.0, 19950.0, 20031.0, 20028.0, 20008.0, 20071.0, 20032.0, 20083.0, 20014.0, 20069.0, 20018.0, 20010.0, 20014.0, 20034.0, 20046.0, 20044.0, 20095.0, 20047.0, 20072.0, 19988.0, 20044.0, 20047.0, 20007.0, 20066.0, 20035.0, 20050.0, 20066.0, 20022.0, 20053.0, 20055.0, 20061.0, 20126.0, 20058.0, 20016.0, 20076.0, 20013.0, 20082.0, 19991.0, 19986.0, 20035.0, 19959.0, 19969.0, 19985.0, 20033.0, 19952.0, 19941.0, 20023.0, 19972.0, 19994.0, 19977.0, 20004.0, 20040.0, 20028.0, 20051.0, 20092.0, 20086.0, 20104.0, 20063.0, 20066.0, 20076.0, 20012.0, 19984.0, 20090.0, 20022.0, 20080.0, 20014.0, 19984.0, 20026.0, 19989.0, 20022.0, 19952.0, 19934.0, 20007.0, 19980.0, 19978.0, 20037.0, 20023.0, 20044.0, 20082.0, 20061.0, 20066.0, 20056.0, 20070.0, 20123.0, 20031.0, 20022.0, 20050.0, 19982.0, 20098.0, 19998.0, 19998.0, 20024.0, 19973.0, 20041.0, 20006.0, 20054.0, 19948.0, 19975.0, 20004.0, 19962.0, 19977.0, 20001.0, 19982.0, 20057.0, 19976.0, 19979.0, 20023.0, 19916.0, 19997.0, 19949.0, 20004.0, 19996.0, 20017.0, 20064.0, 19987.0, 20024.0, 20014.0, 19993.0, 20030.0, 20014.0, 20070.0, 20024.0, 20021.0, 20033.0, 20058.0, 20042.0, 20053.0, 20088.0, 20039.0, 20054.0, 19980.0, 19960.0, 20036.0, 19972.0, 19966.0, 19976.0, 20044.0, 19975.0, 19974.0, 20014.0, 19968.0, 20027.0, 19984.0, 19959.0, 20019.0, 20005.0, 20032.0, 20008.0, 20005.0, 20076.0, 19976.0, 19975.0, 20061.0, 20001.0, 20063.0, 20025.0, 20008.0, 20014.0, 20009.0, 20035.0, 20066.0, 20025.0, 20042.0, 20102.0, 20082.0, 20088.0, 20032.0, 20068.0, 20030.0, 20064.0, 20045.0, 19978.0, 19946.0, 20047.0, 19961.0, 20027.0, 19973.0, 19958.0, 19999.0, 19955.0, 19955.0, 20016.0, 20002.0, 20012.0, 20052.0, 20047.0, 20054.0, 20042.0, 20068.0, 20071.0, 19994.0, 20015.0, 20009.0, 20030.0, 19920.0, 20072.0, 19970.0, 19969.0, 19992.0, 19936.0, 19982.0, 19958.0, 20040.0, 19957.0, 19960.0, 20012.0, 19965.0, 19957.0, 19982.0, 20067.0, 20014.0, 20023.0, 20008.0, 20026.0, 20088.0, 20005.0, 20041.0, 19998.0, 20075.0, 20013.0, 20005.0, 20020.0, 19969.0, 19986.0, 19984.0, 19992.0, 19990.0, 20061.0, 20014.0, 19974.0, 19985.0, 20025.0]}, "slices": {}}}