{"AcquisitionMatrixPE": 96, "AcquisitionNumber": 1, "AcquisitionTime": "07:25:22.715000", "BandwidthPerPixelPhaseEncode": 33.602, "BaseResolution": 96, "BodyPartExamined": "BRAIN", "ConsistencyInfo": "N4_VD11D_LATEST_20110129", "ConversionSoftware": "dcm2niix", "ConversionSoftwareVersion": "v1.0.20210317", "DerivedVendorReportedEchoSpacing": 0.000620003, "DeviceSerialNumber": "45239", "DwellTime": 2.6e-06, "EchoTime": 0.03, "EchoTrainLength": 48, "EffectiveEchoSpacing": 0.000310001, "FlipAngle": 63, "ImageComments": "Unaliased MB4/PE3", "ImageOrientationPatientDICOM": [0.999783, -0.0183968, 0.00982298, 0.0208551, 0.881935, -0.470909], "ImageType": ["ORIGINAL", "PRIMARY", "M", "ND", "NORM", "MOSAIC"], "ImagingFrequency": 123.193, "InPlanePhaseEncodingDirectionDICOM": "COL", "InstitutionAddress": "E 24th St. 100,Austin,Southmiddle,US,78712", "InstitutionName": "Univ of Texas at Austin", "InstitutionalDepartmentName": "IRC", "MRAcquisitionType": "2D", "MagneticFieldStrength": 3, "Manufacturer": "Siemens", "ManufacturersModelName": "Skyra", "Modality": "MR", "MultibandAccelerationFactor": 4, "ParallelReductionFactorInPlane": 2, "PartialFourier": 1, "PatientPosition": "HFS", "PercentPhaseFOV": 100, "PercentSampling": 100, "PhaseEncodingDirection": "j-", "PhaseEncodingSteps": 96, "PhaseResolution": 1, "PixelBandwidth": 2005, "ProcedureStepDescription": "Poldrack2^self-scanning", "ProtocolName": "Resting State fMRI MBEPI_matrix96_BW2004", "PulseSequenceDetails": "%CustomerSeq%\\cmrr_mbep2d_bold", "ReceiveCoilActiveElements": "HEA;HEP", "ReceiveCoilName": "Head_32", "ReconMatrixPE": 96, "RefLinesPE": 94, "RepetitionTime": 1.16, "SAR": 0.0890553, "ScanOptions": "FS", "ScanningSequence": "EP", "SequenceName": "epfid2d1_96", "SequenceVariant": "SK", "SeriesDescription": "Resting State fMRI MBEPI_matrix96_BW2004", "SeriesNumber": 9, "ShimSetting": [-2763, 8039, -15462, 242, -193, 152, 231, -83], "SliceThickness": 2, "SliceTiming": [0, 0.5, 0.9975, 0.3575, 0.855, 0.215, 0.7125, 0.0725, 0.57, 1.07, 0.4275, 0.9275, 0.285, 0.785, 0.1425, 0.6425, 0, 0.5, 0.9975, 0.3575, 0.855, 0.215, 0.7125, 0.0725, 0.57, 1.07, 0.4275, 0.9275, 0.285, 0.785, 0.1425, 0.6425, 0, 0.5, 0.9975, 0.3575, 0.855, 0.215, 0.7125, 0.0725, 0.57, 1.07, 0.4275, 0.9275, 0.285, 0.785, 0.1425, 0.6425, 0, 0.5, 0.9975, 0.3575, 0.855, 0.215, 0.7125, 0.0725, 0.57, 1.07, 0.4275, 0.9275, 0.285, 0.785, 0.1425, 0.6425], "SoftwareVersions": "syngo MR D11", "SpacingBetweenSlices": 2.4, "StationName": "AWP45239", "TaskName": "Resting fmri", "TotalReadoutTime": 0.0294501, "TxRefAmp": 329.068, "WipMemBlock": "9f818124-cba1-4c37-bfb4-edb518acddf3||Sequence: VD11D r195; Nov 21 2012 15:36:10 by eja", "dcmmeta_affine": [[-2.3953120708465576, 0.049965228885412216, 3.0449471832838526e-09, 115.75189971923828], [0.04407566785812378, 2.112969160079956, -1.1304285526275635, -79.58948516845703], [0.023534217849373817, 1.128220558166504, 2.1171045303344727, -98.1150894165039], [0.0, 0.0, 0.0, 1.0]], "dcmmeta_reorient_transform": [[0.0, -1.0, 0.0, 95.0], [1.0, 0.0, 0.0, 0.0], [0.0, 0.0, 1.0, 0.0], [0.0, 0.0, 0.0, 1.0]], "dcmmeta_shape": [96, 96, 64, 518], "dcmmeta_slice_dim": 2, "dcmmeta_version": 0.6, "global": {"const": {"AcquisitionMatrix": [96, 0, 0, 96], "AngioFlag": "N", "BitsAllocated": 16, "BitsStored": 16, "BodyPartExamined": "BRAIN", "Columns": 768, "EchoNumbers": 1, "EchoTime": 30.0, "EchoTrainLength": 48, "FlipAngle": 63.0, "HighBit": 15, "ImageOrientationPatient": [0.99978250975091, -0.0183968010518, 0.00982297853127, 0.02085505205381, 0.88193500918265, -0.4709094460529], "ImagePositionPatient": [-942.11180251693, -816.29082230131, 380.2404563062], "ImageType": ["ORIGINAL", "PRIMARY", "M", "ND", "NORM", "MOSAIC"], "ImagedNucleus": "1H", "ImagingFrequency": 123.193343, "InPlanePhaseEncodingDirection": "COL", "MRAcquisitionType": "2D", "MagneticFieldStrength": 3.0, "Manufacturer": "SIEMENS", "ManufacturerModelName": "Skyra", "Modality": "MR", "NumberOfAverages": 1.0, "NumberOfPhaseEncodingSteps": 96, "PercentPhaseFieldOfView": 100.0, "PercentSampling": 100.0, "PerformedProcedureStepStartTime": "070745.093000", "PhotometricInterpretation": "MONOCHROME2", "PixelBandwidth": 2005.0, "PixelRepresentation": 0, "PixelSpacing": [2.3958332538605, 2.3958332538605], "ProtocolName": "Resting State fMRI MBEPI_matrix96_BW2004", "RepetitionTime": 1160.0, "Rows": 768, "SAR": 0.08905526785105, "SamplesPerPixel": 1, "ScanOptions": "FS", "ScanningSequence": "EP", "SequenceName": "epfid2d1_96", "SequenceVariant": "SK", "SeriesDescription": "Resting State fMRI MBEPI_matrix96_BW2004", "SeriesNumber": 9, "SeriesTime": "072605.234000", "SliceLocation": -49.062358037191, "SliceThickness": 2.0, "SmallestImagePixelValue": 0, "SoftwareVersions": "syngo MR D11", "SpacingBetweenSlices": 2.3999999967353, "SpecificCharacterSet": "ISO_IR 100", "StudyID": "1", "StudyTime": "070745.062000", "TransmitCoilName": "Body", "VariableFlipAngleFlag": "N", "WindowCenterWidthExplanation": "Algo1", "dBdt": 0.0}, "slices": {}}, "time": {"samples": {"AcquisitionNumber": [1, 2, 3, 4, 5, 6, 7, 8, 9, 10, 11, 12, 13, 14, 15, 16, 17, 18, 19, 20, 21, 22, 23, 24, 25, 26, 27, 28, 29, 30, 31, 32, 33, 34, 35, 36, 37, 38, 39, 40, 41, 42, 43, 44, 45, 46, 47, 48, 49, 50, 51, 52, 53, 54, 55, 56, 57, 58, 59, 60, 61, 62, 63, 64, 65, 66, 67, 68, 69, 70, 71, 72, 73, 74, 75, 76, 77, 78, 79, 80, 81, 82, 83, 84, 85, 86, 87, 88, 89, 90, 91, 92, 93, 94, 95, 96, 97, 98, 99, 100, 101, 102, 103, 104, 105, 106, 107, 108, 109, 110, 111, 112, 113, 114, 115, 116, 117, 118, 119, 120, 121, 122, 123, 124, 125, 126, 127, 128, 129, 130, 131, 132, 133, 134, 135, 136, 137, 138, 139, 140, 141, 142, 143, 144, 145, 146, 147, 148, 149, 150, 151, 152, 153, 154, 155, 156, 157, 158, 159, 160, 161, 162, 163, 164, 165, 166, 167, 168, 169, 170, 171, 172, 173, 174, 175, 176, 177, 178, 179, 180, 181, 182, 183, 184, 185, 186, 187, 188, 189, 190, 191, 192, 193, 194, 195, 196, 197, 198, 199, 200, 201, 202, 203, 204, 205, 206, 207, 208, 209, 210, 211, 212, 213, 214, 215, 216, 217, 218, 219, 220, 221, 222, 223, 224, 225, 226, 227, 228, 229, 230, 231, 232, 233, 234, 235, 236, 237, 238, 239, 240, 241, 242, 243, 244, 245, 246, 247, 248, 249, 250, 251, 252, 253, 254, 255, 256, 257, 258, 259, 260, 261, 262, 263, 264, 265, 266, 267, 268, 269, 270, 271, 272, 273, 274, 275, 276, 277, 278, 279, 280, 281, 282, 283, 284, 285, 286, 287, 288, 289, 290, 291, 292, 293, 294, 295, 296, 297, 298, 299, 300, 301, 302, 303, 304, 305, 306, 307, 308, 309, 310, 311, 312, 313, 314, 315, 316, 317, 318, 319, 320, 321, 322, 323, 324, 325, 326, 327, 328, 329, 330, 331, 332, 333, 334, 335, 336, 337, 338, 339, 340, 341, 342, 343, 344, 345, 346, 347, 348, 349, 350, 351, 352, 353, 354, 355, 356, 357, 358, 359, 360, 361, 362, 363, 364, 365, 366, 367, 368, 369, 370, 371, 372, 373, 374, 375, 376, 377, 378, 379, 380, 381, 382, 383, 384, 385, 386, 387, 388, 389, 390, 391, 392, 393, 394, 395, 396, 397, 398, 399, 400, 401, 402, 403, 404, 405, 406, 407, 408, 409, 410, 411, 412, 413, 414, 415, 416, 417, 418, 419, 420, 421, 422, 423, 424, 425, 426, 427, 428, 429, 430, 431, 432, 433, 434, 435, 436, 437, 438, 439, 440, 441, 442, 443, 444, 445, 446, 447, 448, 449, 450, 451, 452, 453, 454, 455, 456, 457, 458, 459, 460, 461, 462, 463, 464, 465, 466, 467, 468, 469, 470, 471, 472, 473, 474, 475, 476, 477, 478, 479, 480, 481, 482, 483, 484, 485, 486, 487, 488, 489, 490, 491, 492, 493, 494, 495, 496, 497, 498, 499, 500, 501, 502, 503, 504, 505, 506, 507, 508, 509, 510, 511, 512, 513, 514, 515, 516, 517, 518], "AcquisitionTime": ["072522.715000", "072551.712500", "072552.872500", "072554.032500", "072555.195000", "072556.355000", "072557.515000", "072558.675000", "072559.835000", "072600.995000", "072602.155000", "072603.315000", "072604.475000", "072605.635000", "072606.795000", "072607.955000", "072609.115000", "072610.275000", "072611.435000", "072612.595000", "072613.755000", "072614.915000", "072616.075000", "072617.235000", "072618.395000", "072619.555000", "072620.715000", "072621.875000", "072623.035000", "072624.195000", "072625.355000", "072626.515000", "072627.675000", "072628.835000", "072629.995000", "072631.155000", "072632.315000", "072633.475000", "072634.635000", "072635.795000", "072636.955000", "072638.115000", "072639.275000", "072640.435000", "072641.595000", "072642.755000", "072643.915000", "072645.075000", "072646.235000", "072647.395000", "072648.555000", "072649.715000", "072650.875000", "072652.035000", "072653.195000", "072654.355000", "072655.515000", "072656.675000", "072657.835000", "072658.995000", "072700.155000", "072701.315000", "072702.475000", "072703.635000", "072704.795000", "072705.955000", "072707.115000", "072708.275000", "072709.435000", "072710.595000", "072711.755000", "072712.915000", "072714.075000", "072715.235000", "072716.395000", "072717.555000", "072718.715000", "072719.875000", "072721.035000", "072722.195000", "072723.355000", "072724.515000", "072725.675000", "072726.835000", "072727.995000", "072729.155000", "072730.315000", "072731.475000", "072732.635000", "072733.795000", "072734.955000", "072736.115000", "072737.275000", "072738.435000", "072739.595000", "072740.755000", "072741.915000", "072743.075000", "072744.235000", "072745.395000", "072746.555000", "072747.715000", "072748.875000", "072750.035000", "072751.195000", "072752.355000", "072753.515000", "072754.675000", "072755.835000", "072756.995000", "072758.155000", "072759.315000", "072800.475000", "072801.635000", "072802.795000", "072803.955000", "072805.115000", "072806.275000", "072807.435000", "072808.595000", "072809.755000", "072810.915000", "072812.075000", "072813.235000", "072814.395000", "072815.555000", "072816.715000", "072817.875000", "072819.035000", "072820.195000", "072821.355000", "072822.515000", "072823.675000", "072824.835000", "072825.995000", "072827.155000", "072828.315000", "072829.475000", "072830.635000", "072831.795000", "072832.955000", "072834.115000", "072835.275000", "072836.435000", "072837.595000", "072838.755000", "072839.915000", "072841.075000", "072842.235000", "072843.395000", "072844.555000", "072845.715000", "072846.875000", "072848.035000", "072849.195000", "072850.355000", "072851.515000", "072852.675000", "072853.835000", "072854.995000", "072856.155000", "072857.315000", "072858.475000", "072859.635000", "072900.795000", "072901.955000", "072903.115000", "072904.275000", "072905.435000", "072906.595000", "072907.755000", "072908.915000", "072910.075000", "072911.235000", "072912.395000", "072913.555000", "072914.715000", "072915.875000", "072917.035000", "072918.195000", "072919.355000", "072920.515000", "072921.675000", "072922.835000", "072923.995000", "072925.155000", "072926.315000", "072927.475000", "072928.635000", "072929.795000", "072930.955000", "072932.115000", "072933.275000", "072934.435000", "072935.595000", "072936.755000", "072937.915000", "072939.075000", "072940.235000", "072941.395000", "072942.555000", "072943.715000", "072944.875000", "072946.035000", "072947.195000", "072948.355000", "072949.515000", "072950.675000", "072951.835000", "072952.995000", "072954.155000", "072955.315000", "072956.475000", "072957.635000", "072958.795000", "072959.955000", "073001.115000", "073002.275000", "073003.435000", "073004.595000", "073005.755000", "073006.915000", "073008.075000", "073009.235000", "073010.395000", "073011.555000", "073012.715000", "073013.875000", "073015.035000", "073016.195000", "073017.355000", "073018.515000", "073019.675000", "073020.835000", "073021.995000", "073023.155000", "073024.315000", "073025.475000", "073026.635000", "073027.795000", "073028.955000", "073030.115000", "073031.275000", "073032.435000", "073033.595000", "073034.755000", "073035.915000", "073037.075000", "073038.235000", "073039.395000", "073040.555000", "073041.715000", "073042.875000", "073044.035000", "073045.197500", "073046.357500", "073047.517500", "073048.677500", "073049.837500", "073050.997500", "073052.157500", "073053.317500", "073054.477500", "073055.637500", "073056.797500", "073057.957500", "073059.117500", "073100.277500", "073101.437500", "073102.597500", "073103.757500", "073104.917500", "073106.077500", "073107.237500", "073108.397500", "073109.557500", "073110.717500", "073111.877500", "073113.037500", "073114.197500", "073115.357500", "073116.517500", "073117.677500", "073118.837500", "073119.997500", "073121.157500", "073122.317500", "073123.477500", "073124.637500", "073125.797500", "073126.957500", "073128.117500", "073129.277500", "073130.437500", "073131.597500", "073132.757500", "073133.917500", "073135.077500", "073136.237500", "073137.397500", "073138.557500", "073139.717500", "073140.877500", "073142.037500", "073143.197500", "073144.357500", "073145.517500", "073146.677500", "073147.837500", "073148.997500", "073150.157500", "073151.317500", "073152.477500", "073153.637500", "073154.797500", "073155.957500", "073157.117500", "073158.277500", "073159.437500", "073200.597500", "073201.757500", "073202.917500", "073204.077500", "073205.237500", "073206.397500", "073207.557500", "073208.717500", "073209.877500", "073211.037500", "073212.197500", "073213.357500", "073214.517500", "073215.677500", "073216.837500", "073217.997500", "073219.157500", "073220.317500", "073221.477500", "073222.637500", "073223.797500", "073224.957500", "073226.117500", "073227.277500", "073228.437500", "073229.597500", "073230.757500", "073231.917500", "073233.077500", "073234.237500", "073235.397500", "073236.557500", "073237.717500", "073238.877500", "073240.037500", "073241.197500", "073242.357500", "073243.517500", "073244.677500", "073245.837500", "073246.997500", "073248.157500", "073249.317500", "073250.477500", "073251.637500", "073252.797500", "073253.957500", "073255.117500", "073256.277500", "073257.437500", "073258.597500", "073259.757500", "073300.917500", "073302.077500", "073303.237500", "073304.397500", "073305.557500", "073306.717500", "073307.877500", "073309.037500", "073310.197500", "073311.357500", "073312.517500", "073313.677500", "073314.837500", "073315.997500", "073317.157500", "073318.317500", "073319.477500", "073320.637500", "073321.797500", "073322.957500", "073324.117500", "073325.277500", "073326.437500", "073327.597500", "073328.757500", "073329.917500", "073331.077500", "073332.237500", "073333.397500", "073334.557500", "073335.717500", "073336.877500", "073338.037500", "073339.197500", "073340.357500", "073341.517500", "073342.677500", "073343.837500", "073344.997500", "073346.157500", "073347.317500", "073348.477500", "073349.637500", "073350.797500", "073351.957500", "073353.117500", "073354.277500", "073355.437500", "073356.597500", "073357.757500", "073358.917500", "073400.077500", "073401.237500", "073402.397500", "073403.557500", "073404.717500", "073405.877500", "073407.037500", "073408.197500", "073409.357500", "073410.517500", "073411.677500", "073412.837500", "073413.997500", "073415.157500", "073416.317500", "073417.477500", "073418.637500", "073419.797500", "073420.957500", "073422.117500", "073423.277500", "073424.437500", "073425.597500", "073426.757500", "073427.917500", "073429.077500", "073430.237500", "073431.397500", "073432.557500", "073433.717500", "073434.877500", "073436.037500", "073437.197500", "073438.357500", "073439.517500", "073440.677500", "073441.837500", "073442.997500", "073444.157500", "073445.317500", "073446.477500", "073447.637500", "073448.797500", "073449.957500", "073451.117500", "073452.277500", "073453.437500", "073454.597500", "073455.757500", "073456.917500", "073458.077500", "073459.237500", "073500.397500", "073501.557500", "073502.717500", "073503.877500", "073505.037500", "073506.197500", "073507.357500", "073508.517500", "073509.677500", "073510.837500", "073511.997500", "073513.157500", "073514.317500", "073515.477500", "073516.637500", "073517.797500", "073518.957500", "073520.117500", "073521.277500", "073522.437500", "073523.597500", "073524.757500", "073525.917500", "073527.077500", "073528.237500", "073529.397500", "073530.557500", "073531.717500", "073532.877500", "073534.037500", "073535.200000", "073536.360000", "073537.520000", "073538.680000", "073539.840000", "073541.000000", "073542.160000", "073543.320000", "073544.480000", "073545.640000", "073546.800000", "073547.960000", "073549.120000", "073550.280000"], "ContentTime": ["072605.234000", "072612.000000", "072612.000000", "072612.015000", "072612.015000", "072612.015000", "072612.015000", "072617.000000", "072617.000000", "072617.031000", "072617.031000", "072622.000000", "072622.000000", "072622.015000", "072622.015000", "072627.000000", "072627.000000", "072627.031000", "072627.031000", "072632.000000", "072632.000000", "072632.015000", "072632.015000", "072637.000000", "072637.000000", "072637.015000", "072637.015000", "072642.000000", "072642.000000", "072642.015000", "072642.015000", "072647.000000", "072647.000000", "072647.015000", "072652.000000", "072652.000000", "072652.015000", "072652.015000", "072657.000000", "072657.000000", "072657.015000", "072702.000000", "072702.000000", "072702.015000", "072702.015000", "072707.000000", "072707.000000", "072707.015000", "072707.015000", "072712.000000", "072712.000000", "072712.015000", "072712.015000", "072717.000000", "072717.000000", "072717.031000", "072717.031000", "072722.000000", "072722.000000", "072722.015000", "072722.015000", "072727.000000", "072727.015000", "072727.015000", "072727.015000", "072732.000000", "072732.000000", "072732.015000", "072732.015000", "072737.000000", "072737.000000", "072737.015000", "072737.015000", "072742.000000", "072742.000000", "072742.015000", "072742.015000", "072747.000000", "072747.000000", "072747.031000", "072747.031000", "072752.000000", "072752.015000", "072752.015000", "072757.000000", "072757.000000", "072757.015000", "072757.015000", "072802.000000", "072802.000000", "072802.015000", "072802.015000", "072802.015000", "072807.000000", "072807.000000", "072807.015000", "072812.000000", "072812.000000", "072812.015000", "072812.015000", "072817.000000", "072817.000000", "072817.015000", "072817.015000", "072822.000000", "072822.015000", "072822.015000", "072822.015000", "072827.000000", "072827.015000", "072827.031000", "072827.031000", "072832.000000", "072832.000000", "072832.015000", "072842.000000", "072842.000000", "072842.015000", "072842.015000", "072842.015000", "072842.031000", "072842.031000", "072842.031000", "072847.000000", "072847.000000", "072847.015000", "072847.015000", "072852.000000", "072852.000000", "072852.015000", "072852.015000", "072857.000000", "072857.000000", "072857.015000", "072857.015000", "072902.000000", "072902.000000", "072902.015000", "072902.015000", "072907.000000", "072907.000000", "072907.015000", "072907.015000", "072912.000000", "072912.000000", "072912.015000", "072912.015000", "072917.000000", "072917.000000", "072917.015000", "072917.015000", "072922.000000", "072922.000000", "072922.015000", "072922.015000", "072927.000000", "072927.000000", "072927.015000", "072927.015000", "072932.000000", "072932.000000", "072932.015000", "072932.015000", "072937.000000", "072937.000000", "072937.015000", "072942.000000", "072942.000000", "072942.015000", "072942.015000", "072947.000000", "072947.015000", "072947.015000", "072947.015000", "072952.000000", "072952.015000", "072952.015000", "072952.015000", "072957.000000", "072957.000000", "072957.015000", "072957.015000", "073002.000000", "073002.000000", "073002.015000", "073002.015000", "073007.000000", "073007.000000", "073007.015000", "073007.015000", "073012.000000", "073012.000000", "073012.015000", "073012.015000", "073017.000000", "073017.000000", "073017.015000", "073017.015000", "073022.000000", "073022.000000", "073022.015000", "073027.000000", "073027.000000", "073027.015000", "073027.015000", "073032.000000", "073032.000000", "073032.015000", "073032.015000", "073037.000000", "073037.000000", "073037.015000", "073037.015000", "073042.000000", "073042.000000", "073042.015000", "073047.000000", "073047.000000", "073047.015000", "073047.015000", "073052.000000", "073052.000000", "073052.015000", "073052.015000", "073052.015000", "073057.000000", "073057.000000", "073057.015000", "073102.000000", "073102.000000", "073102.015000", "073102.015000", "073107.000000", "073107.000000", "073107.015000", "073107.015000", "073107.015000", "073112.000000", "073112.000000", "073112.015000", "073112.015000", "073117.000000", "073117.000000", "073117.015000", "073122.000000", "073122.000000", "073122.015000", "073122.015000", "073122.015000", "073127.000000", "073127.000000", "073127.015000", "073127.015000", "073132.000000", "073132.000000", "073132.015000", "073132.015000", "073137.000000", "073137.000000", "073137.015000", "073137.015000", "073142.000000", "073142.000000", "073142.015000", "073142.015000", "073147.000000", "073147.000000", "073147.015000", "073147.031000", "073152.000000", "073152.000000", "073152.015000", "073152.015000", "073157.000000", "073157.000000", "073157.015000", "073157.015000", "073202.000000", "073202.000000", "073202.015000", "073202.015000", "073207.000000", "073207.000000", "073207.015000", "073207.015000", "073212.000000", "073212.000000", "073212.015000", "073212.015000", "073217.000000", "073217.000000", "073217.015000", "073217.015000", "073222.000000", "073222.000000", "073222.015000", "073222.015000", "073227.000000", "073227.000000", "073227.015000", "073227.015000", "073232.000000", "073232.000000", "073232.015000", "073232.015000", "073237.000000", "073237.000000", "073237.015000", "073237.031000", "073242.000000", "073242.000000", "073242.015000", "073242.015000", "073247.000000", "073247.000000", "073247.015000", "073247.015000", "073252.000000", "073252.000000", "073252.015000", "073257.000000", "073257.000000", "073257.015000", "073257.015000", "073257.015000", "073302.000000", "073302.000000", "073302.015000", "073302.015000", "073307.000000", "073307.000000", "073307.015000", "073307.015000", "073312.000000", "073312.000000", "073312.015000", "073312.015000", "073317.000000", "073317.000000", "073317.015000", "073317.015000", "073322.000000", "073322.000000", "073322.015000", "073322.015000", "073327.000000", "073327.000000", "073327.015000", "073327.015000", "073332.000000", "073332.000000", "073332.015000", "073332.015000", "073337.000000", "073337.000000", "073337.015000", "073337.015000", "073342.000000", "073342.000000", "073342.015000", "073342.015000", "073347.000000", "073347.000000", "073347.015000", "073347.015000", "073352.000000", "073352.000000", "073352.015000", "073357.000000", "073357.000000", "073357.015000", "073357.015000", "073402.000000", "073402.000000", "073402.015000", "073402.015000", "073407.000000", "073407.000000", "073407.015000", "073407.015000", "073412.000000", "073412.015000", "073412.015000", "073412.015000", "073417.000000", "073417.015000", "073417.015000", "073417.015000", "073422.000000", "073422.000000", "073422.015000", "073422.015000", "073427.000000", "073427.000000", "073427.015000", "073427.015000", "073432.000000", "073432.000000", "073432.015000", "073432.015000", "073437.000000", "073437.000000", "073437.015000", "073437.015000", "073442.000000", "073442.000000", "073442.015000", "073442.015000", "073447.000000", "073447.000000", "073447.015000", "073452.000000", "073452.000000", "073452.015000", "073452.031000", "073452.031000", "073457.000000", "073457.015000", "073457.015000", "073457.015000", "073502.000000", "073502.015000", "073502.015000", "073502.015000", "073507.000000", "073507.000000", "073507.015000", "073507.015000", "073512.000000", "073512.000000", "073512.015000", "073512.015000", "073517.000000", "073517.015000", "073517.015000", "073517.015000", "073522.000000", "073522.000000", "073522.015000", "073522.015000", "073527.000000", "073527.015000", "073527.015000", "073527.015000", "073532.000000", "073532.015000", "073532.015000", "073532.015000", "073537.000000", "073537.000000", "073537.015000", "073542.000000", "073542.000000", "073542.015000", "073542.015000", "073542.015000", "073547.000000", "073547.000000", "073547.015000", "073547.015000", "073552.000000", "073552.015000", "073552.015000", "073552.015000", "073557.000000", "073557.015000", "073557.015000", "073557.015000", "073602.000000", "073602.000000", "073602.015000", "073602.015000", "073607.000000", "073607.000000", "073607.015000", "073607.015000", "073607.031000", "073612.000000", "073612.015000", "073612.015000", "073612.015000", "073617.000000", "073617.000000", "073617.015000", "073617.015000", "073622.000000", "073622.000000", "073622.015000", "073622.015000", "073627.000000", "073627.000000", "073627.015000", "073627.015000", "073632.000000", "073632.015000", "073632.015000", "073632.015000", "073637.000000", "073637.000000", "073637.015000", "073637.015000", "073637.015000", "073642.000000", "073642.015000", "073642.015000", "073642.015000", "073647.015000", "073647.015000", "073647.015000", "073647.015000", "073652.000000", "073652.000000", "073652.015000", "073652.015000", "073652.015000", "073655.015000", "073655.015000", "073655.015000"], "InstanceCreationTime": ["072605.234000", "072612.000000", "072612.000000", "072612.015000", "072612.015000", "072612.015000", "072612.015000", "072617.000000", "072617.000000", "072617.031000", "072617.031000", "072622.000000", "072622.000000", "072622.015000", "072622.015000", "072627.000000", "072627.000000", "072627.031000", "072627.031000", "072632.000000", "072632.000000", "072632.015000", "072632.015000", "072637.000000", "072637.000000", "072637.015000", "072637.015000", "072642.000000", "072642.000000", "072642.015000", "072642.015000", "072647.000000", "072647.000000", "072647.015000", "072652.000000", "072652.000000", "072652.015000", "072652.015000", "072657.000000", "072657.000000", "072657.015000", "072702.000000", "072702.000000", "072702.015000", "072702.015000", "072707.000000", "072707.000000", "072707.015000", "072707.015000", "072712.000000", "072712.000000", "072712.015000", "072712.015000", "072717.000000", "072717.000000", "072717.031000", "072717.031000", "072722.000000", "072722.000000", "072722.015000", "072722.015000", "072727.000000", "072727.015000", "072727.015000", "072727.015000", "072732.000000", "072732.000000", "072732.015000", "072732.015000", "072737.000000", "072737.000000", "072737.015000", "072737.015000", "072742.000000", "072742.000000", "072742.015000", "072742.015000", "072747.000000", "072747.000000", "072747.031000", "072747.031000", "072752.000000", "072752.015000", "072752.015000", "072757.000000", "072757.000000", "072757.015000", "072757.015000", "072802.000000", "072802.000000", "072802.015000", "072802.015000", "072802.015000", "072807.000000", "072807.000000", "072807.015000", "072812.000000", "072812.000000", "072812.015000", "072812.015000", "072817.000000", "072817.000000", "072817.015000", "072817.015000", "072822.000000", "072822.015000", "072822.015000", "072822.015000", "072827.000000", "072827.015000", "072827.031000", "072827.031000", "072832.000000", "072832.000000", "072832.015000", "072842.000000", "072842.000000", "072842.015000", "072842.015000", "072842.015000", "072842.031000", "072842.031000", "072842.031000", "072847.000000", "072847.000000", "072847.015000", "072847.015000", "072852.000000", "072852.000000", "072852.015000", "072852.015000", "072857.000000", "072857.000000", "072857.015000", "072857.015000", "072902.000000", "072902.000000", "072902.015000", "072902.015000", "072907.000000", "072907.000000", "072907.015000", "072907.015000", "072912.000000", "072912.000000", "072912.015000", "072912.015000", "072917.000000", "072917.000000", "072917.015000", "072917.015000", "072922.000000", "072922.000000", "072922.015000", "072922.015000", "072927.000000", "072927.000000", "072927.015000", "072927.015000", "072932.000000", "072932.000000", "072932.015000", "072932.015000", "072937.000000", "072937.000000", "072937.015000", "072942.000000", "072942.000000", "072942.015000", "072942.015000", "072947.000000", "072947.015000", "072947.015000", "072947.015000", "072952.000000", "072952.015000", "072952.015000", "072952.015000", "072957.000000", "072957.000000", "072957.015000", "072957.015000", "073002.000000", "073002.000000", "073002.015000", "073002.015000", "073007.000000", "073007.000000", "073007.015000", "073007.015000", "073012.000000", "073012.000000", "073012.015000", "073012.015000", "073017.000000", "073017.000000", "073017.015000", "073017.015000", "073022.000000", "073022.000000", "073022.015000", "073027.000000", "073027.000000", "073027.015000", "073027.015000", "073032.000000", "073032.000000", "073032.015000", "073032.015000", "073037.000000", "073037.000000", "073037.015000", "073037.015000", "073042.000000", "073042.000000", "073042.015000", "073047.000000", "073047.000000", "073047.015000", "073047.015000", "073052.000000", "073052.000000", "073052.015000", "073052.015000", "073052.015000", "073057.000000", "073057.000000", "073057.015000", "073102.000000", "073102.000000", "073102.015000", "073102.015000", "073107.000000", "073107.000000", "073107.015000", "073107.015000", "073107.015000", "073112.000000", "073112.000000", "073112.015000", "073112.015000", "073117.000000", "073117.000000", "073117.015000", "073122.000000", "073122.000000", "073122.015000", "073122.015000", "073122.015000", "073127.000000", "073127.000000", "073127.015000", "073127.015000", "073132.000000", "073132.000000", "073132.015000", "073132.015000", "073137.000000", "073137.000000", "073137.015000", "073137.015000", "073142.000000", "073142.000000", "073142.015000", "073142.015000", "073147.000000", "073147.000000", "073147.015000", "073147.031000", "073152.000000", "073152.000000", "073152.015000", "073152.015000", "073157.000000", "073157.000000", "073157.015000", "073157.015000", "073202.000000", "073202.000000", "073202.015000", "073202.015000", "073207.000000", "073207.000000", "073207.015000", "073207.015000", "073212.000000", "073212.000000", "073212.015000", "073212.015000", "073217.000000", "073217.000000", "073217.015000", "073217.015000", "073222.000000", "073222.000000", "073222.015000", "073222.015000", "073227.000000", "073227.000000", "073227.015000", "073227.015000", "073232.000000", "073232.000000", "073232.015000", "073232.015000", "073237.000000", "073237.000000", "073237.015000", "073237.031000", "073242.000000", "073242.000000", "073242.015000", "073242.015000", "073247.000000", "073247.000000", "073247.015000", "073247.015000", "073252.000000", "073252.000000", "073252.015000", "073257.000000", "073257.000000", "073257.015000", "073257.015000", "073257.015000", "073302.000000", "073302.000000", "073302.015000", "073302.015000", "073307.000000", "073307.000000", "073307.015000", "073307.015000", "073312.000000", "073312.000000", "073312.015000", "073312.015000", "073317.000000", "073317.000000", "073317.015000", "073317.015000", "073322.000000", "073322.000000", "073322.015000", "073322.015000", "073327.000000", "073327.000000", "073327.015000", "073327.015000", "073332.000000", "073332.000000", "073332.015000", "073332.015000", "073337.000000", "073337.000000", "073337.015000", "073337.015000", "073342.000000", "073342.000000", "073342.015000", "073342.015000", "073347.000000", "073347.000000", "073347.015000", "073347.015000", "073352.000000", "073352.000000", "073352.015000", "073357.000000", "073357.000000", "073357.015000", "073357.015000", "073402.000000", "073402.000000", "073402.015000", "073402.015000", "073407.000000", "073407.000000", "073407.015000", "073407.015000", "073412.000000", "073412.015000", "073412.015000", "073412.015000", "073417.000000", "073417.015000", "073417.015000", "073417.015000", "073422.000000", "073422.000000", "073422.015000", "073422.015000", "073427.000000", "073427.000000", "073427.015000", "073427.015000", "073432.000000", "073432.000000", "073432.015000", "073432.015000", "073437.000000", "073437.000000", "073437.015000", "073437.015000", "073442.000000", "073442.000000", "073442.015000", "073442.015000", "073447.000000", "073447.000000", "073447.015000", "073452.000000", "073452.000000", "073452.015000", "073452.031000", "073452.031000", "073457.000000", "073457.015000", "073457.015000", "073457.015000", "073502.000000", "073502.015000", "073502.015000", "073502.015000", "073507.000000", "073507.000000", "073507.015000", "073507.015000", "073512.000000", "073512.000000", "073512.015000", "073512.015000", "073517.000000", "073517.015000", "073517.015000", "073517.015000", "073522.000000", "073522.000000", "073522.015000", "073522.015000", "073527.000000", "073527.015000", "073527.015000", "073527.015000", "073532.000000", "073532.015000", "073532.015000", "073532.015000", "073537.000000", "073537.000000", "073537.015000", "073542.000000", "073542.000000", "073542.015000", "073542.015000", "073542.015000", "073547.000000", "073547.000000", "073547.015000", "073547.015000", "073552.000000", "073552.015000", "073552.015000", "073552.015000", "073557.000000", "073557.015000", "073557.015000", "073557.015000", "073602.000000", "073602.000000", "073602.015000", "073602.015000", "073607.000000", "073607.000000", "073607.015000", "073607.015000", "073607.031000", "073612.000000", "073612.015000", "073612.015000", "073612.015000", "073617.000000", "073617.000000", "073617.015000", "073617.015000", "073622.000000", "073622.000000", "073622.015000", "073622.015000", "073627.000000", "073627.000000", "073627.015000", "073627.015000", "073632.000000", "073632.015000", "073632.015000", "073632.015000", "073637.000000", "073637.000000", "073637.015000", "073637.015000", "073637.015000", "073642.000000", "073642.015000", "073642.015000", "073642.015000", "073647.015000", "073647.015000", "073647.015000", "073647.015000", "073652.000000", "073652.000000", "073652.015000", "073652.015000", "073652.015000", "073655.015000", "073655.015000", "073655.015000"], "InstanceNumber": [1, 2, 3, 4, 5, 6, 7, 8, 9, 10, 11, 12, 13, 14, 15, 16, 17, 18, 19, 20, 21, 22, 23, 24, 25, 26, 27, 28, 29, 30, 31, 32, 33, 34, 35, 36, 37, 38, 39, 40, 41, 42, 43, 44, 45, 46, 47, 48, 49, 50, 51, 52, 53, 54, 55, 56, 57, 58, 59, 60, 61, 62, 63, 64, 65, 66, 67, 68, 69, 70, 71, 72, 73, 74, 75, 76, 77, 78, 79, 80, 81, 82, 83, 84, 85, 86, 87, 88, 89, 90, 91, 92, 93, 94, 95, 96, 97, 98, 99, 100, 101, 102, 103, 104, 105, 106, 107, 108, 109, 110, 111, 112, 113, 114, 115, 116, 117, 118, 119, 120, 121, 122, 123, 124, 125, 126, 127, 128, 129, 130, 131, 132, 133, 134, 135, 136, 137, 138, 139, 140, 141, 142, 143, 144, 145, 146, 147, 148, 149, 150, 151, 152, 153, 154, 155, 156, 157, 158, 159, 160, 161, 162, 163, 164, 165, 166, 167, 168, 169, 170, 171, 172, 173, 174, 175, 176, 177, 178, 179, 180, 181, 182, 183, 184, 185, 186, 187, 188, 189, 190, 191, 192, 193, 194, 195, 196, 197, 198, 199, 200, 201, 202, 203, 204, 205, 206, 207, 208, 209, 210, 211, 212, 213, 214, 215, 216, 217, 218, 219, 220, 221, 222, 223, 224, 225, 226, 227, 228, 229, 230, 231, 232, 233, 234, 235, 236, 237, 238, 239, 240, 241, 242, 243, 244, 245, 246, 247, 248, 249, 250, 251, 252, 253, 254, 255, 256, 257, 258, 259, 260, 261, 262, 263, 264, 265, 266, 267, 268, 269, 270, 271, 272, 273, 274, 275, 276, 277, 278, 279, 280, 281, 282, 283, 284, 285, 286, 287, 288, 289, 290, 291, 292, 293, 294, 295, 296, 297, 298, 299, 300, 301, 302, 303, 304, 305, 306, 307, 308, 309, 310, 311, 312, 313, 314, 315, 316, 317, 318, 319, 320, 321, 322, 323, 324, 325, 326, 327, 328, 329, 330, 331, 332, 333, 334, 335, 336, 337, 338, 339, 340, 341, 342, 343, 344, 345, 346, 347, 348, 349, 350, 351, 352, 353, 354, 355, 356, 357, 358, 359, 360, 361, 362, 363, 364, 365, 366, 367, 368, 369, 370, 371, 372, 373, 374, 375, 376, 377, 378, 379, 380, 381, 382, 383, 384, 385, 386, 387, 388, 389, 390, 391, 392, 393, 394, 395, 396, 397, 398, 399, 400, 401, 402, 403, 404, 405, 406, 407, 408, 409, 410, 411, 412, 413, 414, 415, 416, 417, 418, 419, 420, 421, 422, 423, 424, 425, 426, 427, 428, 429, 430, 431, 432, 433, 434, 435, 436, 437, 438, 439, 440, 441, 442, 443, 444, 445, 446, 447, 448, 449, 450, 451, 452, 453, 454, 455, 456, 457, 458, 459, 460, 461, 462, 463, 464, 465, 466, 467, 468, 469, 470, 471, 472, 473, 474, 475, 476, 477, 478, 479, 480, 481, 482, 483, 484, 485, 486, 487, 488, 489, 490, 491, 492, 493, 494, 495, 496, 497, 498, 499, 500, 501, 502, 503, 504, 505, 506, 507, 508, 509, 510, 511, 512, 513, 514, 515, 516, 517, 518], "LargestImagePixelValue": [24942, 27354, 25292, 21584, 22170, 24659, 27158, 22150, 20865, 22283, 21613, 22555, 25834, 22830, 25585, 24300, 21677, 25117, 22039, 24890, 27949, 22037, 21260, 24513, 28076, 21285, 24127, 23027, 21258, 21665, 23995, 27753, 21442, 23331, 21503, 25194, 27951, 21090, 24286, 22307, 24959, 23782, 22572, 22312, 23499, 21793, 22917, 25214, 23251, 26093, 21553, 21470, 26735, 26370, 22120, 22037, 26871, 26713, 23118, 21827, 25885, 25897, 23188, 23538, 22202, 24718, 26425, 22705, 21978, 23303, 26481, 20842, 25355, 21587, 26968, 20730, 24936, 21876, 23209, 26269, 21083, 21853, 23525, 26503, 26314, 23447, 23592, 25882, 22608, 25975, 23546, 21406, 21006, 26884, 21951, 22637, 21189, 25100, 25738, 21354, 22917, 21799, 23871, 21279, 23785, 26797, 26034, 24404, 22665, 21787, 27296, 27188, 22606, 22951, 23097, 22762, 25575, 26914, 20616, 22337, 21512, 24946, 21229, 23084, 22909, 26851, 20601, 24040, 22012, 26269, 21889, 24311, 21848, 21820, 26449, 21285, 22041, 25943, 21230, 24821, 22863, 25004, 21969, 24841, 20413, 21915, 22364, 20879, 22186, 24945, 22254, 25496, 20532, 23797, 23864, 24063, 23611, 22558, 23667, 23424, 22827, 25527, 21775, 21888, 24184, 22081, 25782, 23797, 21419, 23041, 24591, 21860, 24875, 22441, 22827, 21009, 23125, 23389, 20872, 24048, 22840, 21712, 23449, 21406, 24911, 25593, 23345, 21828, 23332, 23586, 25972, 24163, 22986, 22373, 20646, 23365, 25253, 21143, 21936, 20887, 22609, 26835, 23793, 21872, 21909, 21962, 25367, 25762, 22213, 25009, 22135, 23165, 25229, 21679, 22817, 21321, 24991, 24441, 22093, 24455, 22725, 20913, 22341, 21579, 24373, 22020, 21077, 23803, 24308, 21703, 21742, 21569, 26674, 23614, 24086, 25734, 26304, 22663, 22570, 26096, 22244, 23644, 22082, 23433, 21037, 22170, 25180, 23792, 23262, 22541, 20847, 22935, 20934, 23220, 21432, 23535, 25236, 23213, 22972, 21882, 23681, 24625, 23949, 24880, 23240, 23250, 21461, 23875, 25144, 21315, 21904, 24930, 24012, 26434, 22522, 21487, 24026, 24478, 22428, 20940, 22389, 20889, 24935, 21393, 20373, 21952, 22123, 23866, 20641, 22941, 21642, 23252, 25264, 20792, 22868, 21150, 22191, 24919, 20970, 22338, 22384, 25816, 25581, 21177, 21545, 22891, 22456, 21466, 22956, 21696, 21224, 22804, 21846, 26446, 24759, 21951, 20684, 24288, 21492, 24394, 22540, 23905, 22230, 22338, 21237, 24304, 25621, 24015, 21698, 21909, 22476, 24957, 21840, 23109, 21299, 26568, 23426, 21812, 25156, 23254, 24761, 22090, 21174, 23830, 21779, 24461, 24851, 20606, 21036, 24962, 23157, 22080, 22667, 21418, 23686, 25614, 21284, 22486, 21173, 23243, 25410, 24342, 23430, 21473, 22614, 24504, 25539, 22058, 22719, 23442, 23341, 21680, 21644, 22669, 22582, 26001, 25690, 25790, 24230, 22189, 22644, 23688, 26073, 21717, 21998, 24337, 21811, 24418, 21988, 26041, 21475, 21228, 24248, 21615, 23054, 21407, 26872, 21673, 21057, 22939, 22610, 22417, 24932, 21250, 24758, 21808, 23210, 21118, 24046, 23066, 21421, 21154, 23587, 24999, 25045, 21648, 20584, 26471, 21550, 23014, 24258, 22586, 25019, 20848, 20512, 25436, 21211, 23247, 22166, 26022, 21318, 21375, 23666, 20791, 22318, 21689, 23379, 21271, 21584, 22531, 20759, 24279, 23077, 21622, 22809, 22745, 23139, 22230, 23052, 21474, 23933, 25370, 22189, 21525, 25011, 21773, 24546, 23925, 24641, 21583, 22442, 25199, 20862, 21579, 22800, 23892, 20809, 21115, 24021, 22985, 22854, 21640, 23238, 20856, 24169, 22406, 21334, 22756, 22103, 23392, 21322, 22485, 22109, 24775, 23965, 22862, 21037, 23900, 21965, 24914, 21729, 25052, 21502, 21193, 24506, 25371, 21608, 20992, 23890, 21663, 21500, 21587, 23081, 22085, 22057, 22352, 23283, 23658, 21359, 21010, 24589, 22248, 21920, 21394, 25874, 21855, 22004, 23022], "WindowCenter": [9483.0, 9485.0, 9457.0, 9430.0, 9438.0, 9437.0, 9443.0, 9425.0, 9430.0, 9454.0, 9463.0, 9455.0, 9460.0, 9440.0, 9450.0, 9473.0, 9446.0, 9457.0, 9420.0, 9432.0, 9454.0, 9438.0, 9426.0, 9455.0, 9474.0, 9436.0, 9436.0, 9446.0, 9427.0, 9447.0, 9460.0, 9483.0, 9444.0, 9449.0, 9453.0, 9453.0, 9481.0, 9421.0, 9461.0, 9451.0, 9471.0, 9455.0, 9449.0, 9445.0, 9467.0, 9453.0, 9466.0, 9459.0, 9466.0, 9456.0, 9459.0, 9450.0, 9497.0, 9476.0, 9447.0, 9452.0, 9477.0, 9475.0, 9456.0, 9448.0, 9456.0, 9466.0, 9456.0, 9454.0, 9454.0, 9466.0, 9479.0, 9455.0, 9465.0, 9466.0, 9473.0, 9442.0, 9458.0, 9445.0, 9451.0, 9446.0, 9468.0, 9455.0, 9443.0, 9460.0, 9423.0, 9454.0, 9471.0, 9490.0, 9467.0, 9450.0, 9452.0, 9449.0, 9433.0, 9433.0, 9426.0, 9425.0, 9434.0, 9467.0, 9424.0, 9450.0, 9416.0, 9447.0, 9439.0, 9422.0, 9445.0, 9449.0, 9472.0, 9477.0, 9483.0, 9481.0, 9455.0, 9462.0, 9441.0, 9436.0, 9463.0, 9450.0, 9423.0, 9415.0, 9415.0, 9399.0, 9426.0, 9425.0, 9389.0, 9419.0, 9406.0, 9429.0, 9412.0, 9427.0, 9425.0, 9453.0, 9423.0, 9438.0, 9434.0, 9496.0, 9462.0, 9457.0, 9454.0, 9434.0, 9452.0, 9417.0, 9436.0, 9458.0, 9441.0, 9440.0, 9421.0, 9428.0, 9388.0, 9408.0, 9385.0, 9418.0, 9415.0, 9409.0, 9407.0, 9437.0, 9415.0, 9448.0, 9431.0, 9453.0, 9438.0, 9439.0, 9448.0, 9426.0, 9445.0, 9451.0, 9437.0, 9440.0, 9413.0, 9410.0, 9441.0, 9415.0, 9446.0, 9444.0, 9410.0, 9411.0, 9442.0, 9417.0, 9436.0, 9418.0, 9439.0, 9414.0, 9429.0, 9422.0, 9417.0, 9441.0, 9453.0, 9455.0, 9454.0, 9441.0, 9447.0, 9456.0, 9426.0, 9422.0, 9435.0, 9427.0, 9454.0, 9436.0, 9429.0, 9421.0, 9414.0, 9427.0, 9442.0, 9405.0, 9414.0, 9408.0, 9428.0, 9439.0, 9423.0, 9413.0, 9437.0, 9430.0, 9454.0, 9449.0, 9412.0, 9439.0, 9411.0, 9402.0, 9416.0, 9398.0, 9420.0, 9414.0, 9412.0, 9417.0, 9388.0, 9409.0, 9400.0, 9400.0, 9401.0, 9406.0, 9410.0, 9396.0, 9402.0, 9433.0, 9434.0, 9420.0, 9417.0, 9423.0, 9443.0, 9448.0, 9435.0, 9442.0, 9428.0, 9416.0, 9420.0, 9443.0, 9420.0, 9425.0, 9430.0, 9433.0, 9410.0, 9433.0, 9429.0, 9418.0, 9438.0, 9400.0, 9413.0, 9437.0, 9428.0, 9460.0, 9438.0, 9463.0, 9467.0, 9448.0, 9441.0, 9422.0, 9448.0, 9449.0, 9427.0, 9447.0, 9417.0, 9418.0, 9410.0, 9418.0, 9431.0, 9395.0, 9403.0, 9424.0, 9421.0, 9431.0, 9406.0, 9389.0, 9400.0, 9399.0, 9396.0, 9376.0, 9371.0, 9364.0, 9389.0, 9370.0, 9368.0, 9388.0, 9386.0, 9412.0, 9391.0, 9416.0, 9395.0, 9409.0, 9398.0, 9386.0, 9395.0, 9389.0, 9377.0, 9405.0, 9376.0, 9395.0, 9400.0, 9407.0, 9418.0, 9393.0, 9391.0, 9390.0, 9402.0, 9404.0, 9424.0, 9395.0, 9410.0, 9435.0, 9438.0, 9434.0, 9415.0, 9420.0, 9394.0, 9422.0, 9410.0, 9419.0, 9384.0, 9409.0, 9397.0, 9404.0, 9406.0, 9410.0, 9412.0, 9401.0, 9381.0, 9404.0, 9418.0, 9423.0, 9421.0, 9409.0, 9390.0, 9434.0, 9418.0, 9390.0, 9399.0, 9377.0, 9393.0, 9384.0, 9377.0, 9389.0, 9376.0, 9387.0, 9380.0, 9382.0, 9391.0, 9423.0, 9408.0, 9401.0, 9408.0, 9397.0, 9419.0, 9425.0, 9439.0, 9422.0, 9439.0, 9429.0, 9440.0, 9439.0, 9425.0, 9416.0, 9405.0, 9438.0, 9439.0, 9407.0, 9434.0, 9424.0, 9434.0, 9414.0, 9421.0, 9445.0, 9440.0, 9462.0, 9438.0, 9422.0, 9397.0, 9388.0, 9386.0, 9409.0, 9403.0, 9374.0, 9382.0, 9388.0, 9397.0, 9414.0, 9388.0, 9390.0, 9375.0, 9373.0, 9394.0, 9386.0, 9383.0, 9375.0, 9403.0, 9396.0, 9400.0, 9396.0, 9389.0, 9378.0, 9405.0, 9384.0, 9385.0, 9389.0, 9405.0, 9394.0, 9415.0, 9432.0, 9420.0, 9400.0, 9408.0, 9424.0, 9423.0, 9406.0, 9396.0, 9424.0, 9386.0, 9405.0, 9399.0, 9375.0, 9405.0, 9369.0, 9361.0, 9404.0, 9356.0, 9365.0, 9342.0, 9350.0, 9353.0, 9361.0, 9368.0, 9368.0, 9364.0, 9349.0, 9390.0, 9376.0, 9381.0, 9388.0, 9383.0, 9425.0, 9420.0, 9414.0, 9424.0, 9429.0, 9419.0, 9421.0, 9414.0, 9415.0, 9412.0, 9416.0, 9385.0, 9380.0, 9411.0, 9391.0, 9414.0, 9399.0, 9392.0, 9360.0, 9379.0, 9387.0, 9366.0, 9359.0, 9374.0, 9387.0, 9363.0, 9371.0, 9373.0, 9392.0, 9378.0, 9364.0, 9377.0, 9352.0, 9390.0, 9390.0, 9373.0, 9376.0, 9389.0, 9402.0, 9403.0, 9408.0, 9389.0, 9417.0, 9417.0, 9396.0, 9392.0, 9410.0, 9409.0, 9397.0, 9359.0, 9406.0, 9398.0, 9399.0, 9406.0, 9411.0, 9389.0, 9373.0, 9406.0, 9366.0, 9384.0, 9364.0, 9394.0, 9389.0, 9384.0, 9401.0, 9412.0, 9410.0, 9401.0, 9401.0, 9416.0, 9416.0, 9421.0, 9386.0, 9422.0, 9397.0, 9414.0, 9418.0], "WindowWidth": [19983.0, 19977.0, 19927.0, 19873.0, 19882.0, 19875.0, 19881.0, 19854.0, 19874.0, 19922.0, 19937.0, 19919.0, 19923.0, 19892.0, 19909.0, 19950.0, 19899.0, 19915.0, 19849.0, 19865.0, 19906.0, 19885.0, 19863.0, 19910.0, 19944.0, 19878.0, 19877.0, 19900.0, 19864.0, 19903.0, 19927.0, 19966.0, 19900.0, 19908.0, 19911.0, 19911.0, 19960.0, 19857.0, 19930.0, 19909.0, 19943.0, 19916.0, 19905.0, 19904.0, 19945.0, 19918.0, 19937.0, 19924.0, 19939.0, 19920.0, 19927.0, 19915.0, 19997.0, 19963.0, 19910.0, 19915.0, 19957.0, 19953.0, 19924.0, 19905.0, 19917.0, 19938.0, 19920.0, 19919.0, 19916.0, 19935.0, 19959.0, 19916.0, 19940.0, 19942.0, 19947.0, 19891.0, 19917.0, 19898.0, 19903.0, 19899.0, 19938.0, 19916.0, 19898.0, 19924.0, 19862.0, 19920.0, 19949.0, 19983.0, 19944.0, 19908.0, 19906.0, 19897.0, 19866.0, 19868.0, 19856.0, 19855.0, 19873.0, 19929.0, 19855.0, 19905.0, 19841.0, 19895.0, 19877.0, 19849.0, 19896.0, 19914.0, 19955.0, 19964.0, 19972.0, 19964.0, 19919.0, 19930.0, 19889.0, 19876.0, 19919.0, 19893.0, 19847.0, 19829.0, 19830.0, 19798.0, 19844.0, 19841.0, 19784.0, 19838.0, 19817.0, 19853.0, 19829.0, 19856.0, 19850.0, 19901.0, 19852.0, 19879.0, 19871.0, 20011.0, 19939.0, 19914.0, 19911.0, 19870.0, 19896.0, 19835.0, 19882.0, 19918.0, 19888.0, 19876.0, 19839.0, 19847.0, 19775.0, 19808.0, 19772.0, 19839.0, 19830.0, 19820.0, 19816.0, 19869.0, 19830.0, 19893.0, 19867.0, 19914.0, 19879.0, 19881.0, 19895.0, 19857.0, 19888.0, 19906.0, 19871.0, 19875.0, 19828.0, 19819.0, 19877.0, 19836.0, 19888.0, 19885.0, 19824.0, 19824.0, 19881.0, 19835.0, 19866.0, 19837.0, 19873.0, 19828.0, 19865.0, 19847.0, 19839.0, 19886.0, 19912.0, 19923.0, 19914.0, 19886.0, 19891.0, 19907.0, 19855.0, 19849.0, 19870.0, 19855.0, 19902.0, 19869.0, 19855.0, 19841.0, 19829.0, 19851.0, 19885.0, 19818.0, 19832.0, 19820.0, 19855.0, 19873.0, 19845.0, 19830.0, 19876.0, 19865.0, 19907.0, 19896.0, 19829.0, 19869.0, 19819.0, 19798.0, 19826.0, 19796.0, 19836.0, 19828.0, 19819.0, 19829.0, 19776.0, 19815.0, 19799.0, 19800.0, 19802.0, 19809.0, 19815.0, 19797.0, 19807.0, 19863.0, 19867.0, 19843.0, 19838.0, 19853.0, 19883.0, 19895.0, 19873.0, 19881.0, 19851.0, 19831.0, 19835.0, 19877.0, 19837.0, 19845.0, 19859.0, 19870.0, 19826.0, 19865.0, 19855.0, 19832.0, 19871.0, 19802.0, 19827.0, 19873.0, 19862.0, 19927.0, 19888.0, 19928.0, 19935.0, 19898.0, 19886.0, 19855.0, 19897.0, 19897.0, 19858.0, 19888.0, 19833.0, 19836.0, 19821.0, 19832.0, 19856.0, 19796.0, 19809.0, 19844.0, 19841.0, 19854.0, 19810.0, 19781.0, 19793.0, 19793.0, 19785.0, 19748.0, 19740.0, 19725.0, 19769.0, 19740.0, 19734.0, 19771.0, 19771.0, 19822.0, 19785.0, 19828.0, 19790.0, 19811.0, 19792.0, 19772.0, 19784.0, 19776.0, 19751.0, 19802.0, 19755.0, 19786.0, 19795.0, 19807.0, 19827.0, 19789.0, 19783.0, 19779.0, 19803.0, 19807.0, 19847.0, 19795.0, 19823.0, 19872.0, 19875.0, 19864.0, 19828.0, 19843.0, 19790.0, 19837.0, 19816.0, 19828.0, 19766.0, 19812.0, 19791.0, 19807.0, 19812.0, 19814.0, 19815.0, 19803.0, 19766.0, 19806.0, 19828.0, 19841.0, 19840.0, 19820.0, 19785.0, 19857.0, 19830.0, 19776.0, 19786.0, 19748.0, 19776.0, 19759.0, 19747.0, 19769.0, 19746.0, 19762.0, 19755.0, 19760.0, 19778.0, 19838.0, 19811.0, 19803.0, 19811.0, 19792.0, 19830.0, 19845.0, 19885.0, 19850.0, 19876.0, 19857.0, 19877.0, 19877.0, 19851.0, 19835.0, 19811.0, 19867.0, 19875.0, 19821.0, 19865.0, 19846.0, 19865.0, 19832.0, 19854.0, 19897.0, 19885.0, 19918.0, 19870.0, 19838.0, 19793.0, 19772.0, 19767.0, 19803.0, 19794.0, 19744.0, 19760.0, 19767.0, 19787.0, 19818.0, 19771.0, 19768.0, 19747.0, 19741.0, 19777.0, 19765.0, 19757.0, 19743.0, 19793.0, 19791.0, 19797.0, 19787.0, 19773.0, 19751.0, 19799.0, 19766.0, 19762.0, 19774.0, 19803.0, 19786.0, 19828.0, 19865.0, 19839.0, 19801.0, 19811.0, 19838.0, 19838.0, 19814.0, 19793.0, 19832.0, 19765.0, 19797.0, 19786.0, 19741.0, 19794.0, 19736.0, 19719.0, 19791.0, 19704.0, 19719.0, 19672.0, 19684.0, 19699.0, 19718.0, 19722.0, 19724.0, 19719.0, 19692.0, 19768.0, 19746.0, 19759.0, 19774.0, 19767.0, 19849.0, 19842.0, 19829.0, 19848.0, 19855.0, 19842.0, 19840.0, 19826.0, 19828.0, 19819.0, 19824.0, 19771.0, 19756.0, 19814.0, 19778.0, 19815.0, 19786.0, 19771.0, 19717.0, 19744.0, 19758.0, 19723.0, 19708.0, 19734.0, 19757.0, 19721.0, 19735.0, 19735.0, 19766.0, 19740.0, 19714.0, 19743.0, 19697.0, 19764.0, 19766.0, 19739.0, 19748.0, 19773.0, 19803.0, 19805.0, 19813.0, 19779.0, 19825.0, 19825.0, 19789.0, 19779.0, 19811.0, 19808.0, 19785.0, 19720.0, 19801.0, 19788.0, 19791.0, 19800.0, 19809.0, 19774.0, 19741.0, 19798.0, 19729.0, 19759.0, 19723.0, 19782.0, 19768.0, 19760.0, 19795.0, 19815.0, 19813.0, 19801.0, 19797.0, 19823.0, 19827.0, 19841.0, 19775.0, 19834.0, 19793.0, 19826.0, 19836.0]}, "slices": {}}}