{"AcquisitionMatrixPE": 96, "AcquisitionNumber": 1, "AcquisitionTime": "07:48:37.802500", "BandwidthPerPixelPhaseEncode": 33.602, "BaseResolution": 96, "BodyPartExamined": "BRAIN", "ConsistencyInfo": "N4_VD11D_LATEST_20110129", "ConversionSoftware": "dcm2niix", "ConversionSoftwareVersion": "v1.0.20210317", "DerivedVendorReportedEchoSpacing": 0.000620003, "DeviceSerialNumber": "45239", "DwellTime": 2.6e-06, "EchoTime": 0.03, "EchoTrainLength": 48, "EffectiveEchoSpacing": 0.000310001, "FlipAngle": 63, "ImageComments": "Unaliased MB4/PE3", "ImageOrientationPatientDICOM": [1, -0.000881682, 0.000474708, 0.00100135, 0.880477, -0.474088], "ImageType": ["ORIGINAL", "PRIMARY", "M", "ND", "NORM", "MOSAIC"], "ImagingFrequency": 123.193, "InPlanePhaseEncodingDirectionDICOM": "COL", "InstitutionAddress": "E 24th St. 100,Austin,Southmiddle,US,78712", "InstitutionName": "Univ of Texas at Austin", "InstitutionalDepartmentName": "IRC", "MRAcquisitionType": "2D", "MagneticFieldStrength": 3, "Manufacturer": "Siemens", "ManufacturersModelName": "Skyra", "Modality": "MR", "MultibandAccelerationFactor": 4, "ParallelReductionFactorInPlane": 2, "PartialFourier": 1, "PatientPosition": "HFS", "PercentPhaseFOV": 100, "PercentSampling": 100, "PhaseEncodingDirection": "j-", "PhaseEncodingSteps": 96, "PhaseResolution": 1, "PixelBandwidth": 2005, "ProcedureStepDescription": "Poldrack2^self-scanning", "ProtocolName": "dots_motion", "PulseSequenceDetails": "%CustomerSeq%\\cmrr_mbep2d_bold", "ReceiveCoilActiveElements": "HEA;HEP", "ReceiveCoilName": "Head_32", "ReconMatrixPE": 96, "RefLinesPE": 94, "RepetitionTime": 1.16, "SAR": 0.107235, "ScanOptions": "FS", "ScanningSequence": "EP", "SequenceName": "epfid2d1_96", "SequenceVariant": "SK", "SeriesDescription": "dots_motion", "SeriesNumber": 8, "ShimSetting": [-2794, 8055, -15397, 104, -236, 141, 237, -52], "SliceThickness": 2, "SliceTiming": [0, 0.5, 0.9975, 0.3575, 0.855, 0.215, 0.7125, 0.0725, 0.57, 1.07, 0.4275, 0.9275, 0.285, 0.785, 0.1425, 0.6425, 0, 0.5, 0.9975, 0.3575, 0.855, 0.215, 0.7125, 0.0725, 0.57, 1.07, 0.4275, 0.9275, 0.285, 0.785, 0.1425, 0.6425, 0, 0.5, 0.9975, 0.3575, 0.855, 0.215, 0.7125, 0.0725, 0.57, 1.07, 0.4275, 0.9275, 0.285, 0.785, 0.1425, 0.6425, 0, 0.5, 0.9975, 0.3575, 0.855, 0.215, 0.7125, 0.0725, 0.57, 1.07, 0.4275, 0.9275, 0.285, 0.785, 0.1425, 0.6425], "SoftwareVersions": "syngo MR D11", "SpacingBetweenSlices": 2.4, "StationName": "AWP45239", "TaskName": "Dot motion stop-signal task", "TotalReadoutTime": 0.0294501, "TxRefAmp": 348.108, "WipMemBlock": "67b4c0de-370f-49f5-817b-114f2e2b7176||Sequence: VD11D r206; Feb 13 2013 18:52:04 by eja", "dcmmeta_affine": [[-2.395832061767578, 0.0023990790359675884, -6.111660866281454e-08, 117.58935546875], [0.002112363697960973, 2.10947585105896, -1.1378116607666016, -83.9050521850586], [0.001137321349233389, 1.1358357667922974, 2.113145589828491, -74.34950256347656], [0.0, 0.0, 0.0, 1.0]], "dcmmeta_reorient_transform": [[0.0, -1.0, 0.0, 95.0], [1.0, 0.0, 0.0, 0.0], [0.0, 0.0, 1.0, 0.0], [0.0, 0.0, 0.0, 1.0]], "dcmmeta_shape": [96, 96, 64, 372], "dcmmeta_slice_dim": 2, "dcmmeta_version": 0.6, "global": {"const": {"AcquisitionMatrix": [96, 0, 0, 96], "AngioFlag": "N", "BitsAllocated": 16, "BitsStored": 16, "BodyPartExamined": "BRAIN", "Columns": 768, "EchoNumbers": 1, "EchoTime": 30.0, "EchoTrainLength": 48, "FlipAngle": 63.0, "HighBit": 15, "ImageOrientationPatient": [0.99999949864415, -0.0008816823037, 0.00047470807655, 0.00100135480324, 0.88047691591791, -0.4740879642263], "ImagePositionPatient": [-923.62293190963, -824.56929912625, 414.81354811709], "ImageType": ["ORIGINAL", "PRIMARY", "M", "ND", "NORM", "MOSAIC"], "ImagedNucleus": "1H", "ImagingFrequency": 123.19317, "InPlanePhaseEncodingDirection": "COL", "MRAcquisitionType": "2D", "MagneticFieldStrength": 3.0, "Manufacturer": "SIEMENS", "ManufacturerModelName": "Skyra", "Modality": "MR", "NumberOfAverages": 1.0, "NumberOfPhaseEncodingSteps": 96, "PercentPhaseFieldOfView": 100.0, "PercentSampling": 100.0, "PerformedProcedureStepStartTime": "072932.406000", "PhotometricInterpretation": "MONOCHROME2", "PixelBandwidth": 2005.0, "PixelRepresentation": 0, "PixelSpacing": [2.3958332538605, 2.3958332538605], "ProtocolName": "dots_motion", "RepetitionTime": 1160.0, "Rows": 768, "SAR": 0.1072347789645, "SamplesPerPixel": 1, "ScanOptions": "FS", "ScanningSequence": "EP", "SequenceName": "epfid2d1_96", "SequenceVariant": "SK", "SeriesDescription": "dots_motion", "SeriesNumber": 8, "SeriesTime": "074916.859000", "SliceLocation": -25.684663233094, "SliceThickness": 2.0, "SmallestImagePixelValue": 0, "SoftwareVersions": "syngo MR D11", "SpacingBetweenSlices": 2.4000000343422, "SpecificCharacterSet": "ISO_IR 100", "StudyID": "1", "StudyTime": "072932.359000", "TransmitCoilName": "Body", "VariableFlipAngleFlag": "N", "WindowCenterWidthExplanation": "Algo1", "dBdt": 0.0}, "slices": {}}, "time": {"samples": {"AcquisitionNumber": [1, 2, 3, 4, 5, 6, 7, 8, 9, 10, 11, 12, 13, 14, 15, 16, 17, 18, 19, 20, 21, 22, 23, 24, 25, 26, 27, 28, 29, 30, 31, 32, 33, 34, 35, 36, 37, 38, 39, 40, 41, 42, 43, 44, 45, 46, 47, 48, 49, 50, 51, 52, 53, 54, 55, 56, 57, 58, 59, 60, 61, 62, 63, 64, 65, 66, 67, 68, 69, 70, 71, 72, 73, 74, 75, 76, 77, 78, 79, 80, 81, 82, 83, 84, 85, 86, 87, 88, 89, 90, 91, 92, 93, 94, 95, 96, 97, 98, 99, 100, 101, 102, 103, 104, 105, 106, 107, 108, 109, 110, 111, 112, 113, 114, 115, 116, 117, 118, 119, 120, 121, 122, 123, 124, 125, 126, 127, 128, 129, 130, 131, 132, 133, 134, 135, 136, 137, 138, 139, 140, 141, 142, 143, 144, 145, 146, 147, 148, 149, 150, 151, 152, 153, 154, 155, 156, 157, 158, 159, 160, 161, 162, 163, 164, 165, 166, 167, 168, 169, 170, 171, 172, 173, 174, 175, 176, 177, 178, 179, 180, 181, 182, 183, 184, 185, 186, 187, 188, 189, 190, 191, 192, 193, 194, 195, 196, 197, 198, 199, 200, 201, 202, 203, 204, 205, 206, 207, 208, 209, 210, 211, 212, 213, 214, 215, 216, 217, 218, 219, 220, 221, 222, 223, 224, 225, 226, 227, 228, 229, 230, 231, 232, 233, 234, 235, 236, 237, 238, 239, 240, 241, 242, 243, 244, 245, 246, 247, 248, 249, 250, 251, 252, 253, 254, 255, 256, 257, 258, 259, 260, 261, 262, 263, 264, 265, 266, 267, 268, 269, 270, 271, 272, 273, 274, 275, 276, 277, 278, 279, 280, 281, 282, 283, 284, 285, 286, 287, 288, 289, 290, 291, 292, 293, 294, 295, 296, 297, 298, 299, 300, 301, 302, 303, 304, 305, 306, 307, 308, 309, 310, 311, 312, 313, 314, 315, 316, 317, 318, 319, 320, 321, 322, 323, 324, 325, 326, 327, 328, 329, 330, 331, 332, 333, 334, 335, 336, 337, 338, 339, 340, 341, 342, 343, 344, 345, 346, 347, 348, 349, 350, 351, 352, 353, 354, 355, 356, 357, 358, 359, 360, 361, 362, 363, 364, 365, 366, 367, 368, 369, 370, 371, 372], "AcquisitionTime": ["074837.802500", "074906.802500", "074907.962500", "074909.122500", "074910.282500", "074911.442500", "074912.602500", "074913.762500", "074914.922500", "074916.082500", "074917.242500", "074918.402500", "074919.562500", "074920.722500", "074921.882500", "074923.042500", "074924.202500", "074925.362500", "074926.522500", "074927.682500", "074928.842500", "074930.002500", "074931.162500", "074932.322500", "074933.482500", "074934.642500", "074935.802500", "074936.962500", "074938.122500", "074939.282500", "074940.442500", "074941.602500", "074942.762500", "074943.922500", "074945.082500", "074946.242500", "074947.402500", "074948.562500", "074949.722500", "074950.882500", "074952.042500", "074953.202500", "074954.362500", "074955.522500", "074956.682500", "074957.842500", "074959.002500", "075000.162500", "075001.322500", "075002.482500", "075003.642500", "075004.802500", "075005.962500", "075007.122500", "075008.282500", "075009.442500", "075010.602500", "075011.762500", "075012.922500", "075014.082500", "075015.242500", "075016.402500", "075017.562500", "075018.722500", "075019.882500", "075021.042500", "075022.202500", "075023.362500", "075024.522500", "075025.682500", "075026.842500", "075028.002500", "075029.162500", "075030.322500", "075031.482500", "075032.645000", "075033.805000", "075034.965000", "075036.125000", "075037.285000", "075038.445000", "075039.605000", "075040.765000", "075041.925000", "075043.085000", "075044.245000", "075045.405000", "075046.565000", "075047.725000", "075048.885000", "075050.045000", "075051.205000", "075052.365000", "075053.525000", "075054.685000", "075055.845000", "075057.005000", "075058.165000", "075059.325000", "075100.485000", "075101.645000", "075102.805000", "075103.965000", "075105.125000", "075106.285000", "075107.445000", "075108.605000", "075109.765000", "075110.925000", "075112.085000", "075113.245000", "075114.405000", "075115.565000", "075116.725000", "075117.885000", "075119.045000", "075120.205000", "075121.365000", "075122.525000", "075123.685000", "075124.845000", "075126.005000", "075127.165000", "075128.325000", "075129.485000", "075130.645000", "075131.805000", "075132.965000", "075134.125000", "075135.285000", "075136.445000", "075137.605000", "075138.765000", "075139.925000", "075141.085000", "075142.245000", "075143.405000", "075144.565000", "075145.725000", "075146.885000", "075148.045000", "075149.205000", "075150.365000", "075151.525000", "075152.685000", "075153.845000", "075155.005000", "075156.165000", "075157.325000", "075158.485000", "075159.645000", "075200.805000", "075201.965000", "075203.125000", "075204.285000", "075205.445000", "075206.605000", "075207.765000", "075208.925000", "075210.085000", "075211.245000", "075212.405000", "075213.565000", "075214.725000", "075215.885000", "075217.045000", "075218.205000", "075219.365000", "075220.525000", "075221.685000", "075222.845000", "075224.005000", "075225.165000", "075226.325000", "075227.485000", "075228.645000", "075229.805000", "075230.965000", "075232.125000", "075233.285000", "075234.445000", "075235.605000", "075236.765000", "075237.925000", "075239.085000", "075240.245000", "075241.405000", "075242.565000", "075243.725000", "075244.885000", "075246.045000", "075247.205000", "075248.365000", "075249.525000", "075250.685000", "075251.845000", "075253.005000", "075254.165000", "075255.325000", "075256.485000", "075257.645000", "075258.805000", "075259.965000", "075301.125000", "075302.285000", "075303.445000", "075304.605000", "075305.765000", "075306.925000", "075308.085000", "075309.245000", "075310.405000", "075311.565000", "075312.725000", "075313.885000", "075315.045000", "075316.205000", "075317.365000", "075318.525000", "075319.685000", "075320.845000", "075322.005000", "075323.165000", "075324.325000", "075325.485000", "075326.645000", "075327.805000", "075328.965000", "075330.125000", "075331.285000", "075332.445000", "075333.605000", "075334.765000", "075335.925000", "075337.085000", "075338.245000", "075339.405000", "075340.565000", "075341.725000", "075342.885000", "075344.045000", "075345.205000", "075346.365000", "075347.525000", "075348.685000", "075349.845000", "075351.005000", "075352.165000", "075353.325000", "075354.485000", "075355.645000", "075356.805000", "075357.965000", "075359.125000", "075400.285000", "075401.445000", "075402.605000", "075403.765000", "075404.925000", "075406.085000", "075407.245000", "075408.405000", "075409.565000", "075410.725000", "075411.885000", "075413.045000", "075414.205000", "075415.365000", "075416.525000", "075417.685000", "075418.845000", "075420.005000", "075421.165000", "075422.325000", "075423.485000", "075424.645000", "075425.805000", "075426.965000", "075428.125000", "075429.285000", "075430.445000", "075431.605000", "075432.765000", "075433.925000", "075435.085000", "075436.245000", "075437.405000", "075438.565000", "075439.725000", "075440.885000", "075442.045000", "075443.205000", "075444.365000", "075445.525000", "075446.685000", "075447.845000", "075449.005000", "075450.165000", "075451.325000", "075452.485000", "075453.645000", "075454.805000", "075455.965000", "075457.125000", "075458.285000", "075459.445000", "075500.605000", "075501.765000", "075502.925000", "075504.085000", "075505.245000", "075506.405000", "075507.565000", "075508.725000", "075509.885000", "075511.045000", "075512.205000", "075513.365000", "075514.525000", "075515.685000", "075516.845000", "075518.005000", "075519.165000", "075520.325000", "075521.485000", "075522.647500", "075523.807500", "075524.967500", "075526.127500", "075527.287500", "075528.447500", "075529.607500", "075530.767500", "075531.927500", "075533.087500", "075534.247500", "075535.407500", "075536.567500", "075537.727500", "075538.887500", "075540.047500", "075541.207500", "075542.367500", "075543.527500", "075544.687500", "075545.847500", "075547.007500", "075548.167500", "075549.327500", "075550.487500", "075551.647500", "075552.807500", "075553.967500", "075555.127500", "075556.287500", "075557.447500", "075558.607500", "075559.767500", "075600.927500", "075602.087500", "075603.247500", "075604.407500", "075605.567500", "075606.727500", "075607.887500", "075609.047500", "075610.207500", "075611.367500", "075612.527500", "075613.687500", "075614.847500", "075616.007500"], "ContentTime": ["074916.859000", "074924.125000", "074924.125000", "074924.125000", "074924.125000", "074924.125000", "074924.140000", "074929.125000", "074929.125000", "074929.125000", "074929.125000", "074934.125000", "074934.125000", "074934.140000", "074939.125000", "074939.125000", "074939.125000", "074939.140000", "074944.125000", "074944.125000", "074944.125000", "074949.125000", "074949.125000", "074949.125000", "074949.140000", "074954.125000", "074954.125000", "074954.125000", "074954.125000", "074959.125000", "074959.125000", "074959.140000", "074959.140000", "075004.125000", "075004.125000", "075004.125000", "075009.125000", "075009.125000", "075009.125000", "075009.125000", "075014.125000", "075014.125000", "075014.125000", "075014.125000", "075019.125000", "075019.125000", "075019.125000", "075019.125000", "075024.125000", "075024.125000", "075024.125000", "075029.125000", "075029.125000", "075029.125000", "075029.125000", "075034.125000", "075034.125000", "075034.125000", "075039.125000", "075039.125000", "075039.125000", "075039.125000", "075044.125000", "075044.125000", "075044.125000", "075044.125000", "075049.125000", "075049.125000", "075049.125000", "075054.125000", "075054.125000", "075054.125000", "075054.140000", "075059.125000", "075059.125000", "075059.125000", "075059.125000", "075104.125000", "075104.125000", "075104.125000", "075104.140000", "075109.125000", "075109.125000", "075109.125000", "075114.125000", "075114.125000", "075114.125000", "075114.125000", "075119.125000", "075119.125000", "075119.125000", "075119.125000", "075124.125000", "075124.125000", "075124.125000", "075129.125000", "075129.125000", "075129.125000", "075129.140000", "075134.125000", "075134.125000", "075134.125000", "075134.125000", "075139.125000", "075139.125000", "075139.125000", "075144.125000", "075144.125000", "075144.125000", "075144.125000", "075149.125000", "075149.125000", "075149.125000", "075149.140000", "075154.125000", "075154.125000", "075154.125000", "075154.125000", "075159.125000", "075159.125000", "075159.125000", "075204.125000", "075204.125000", "075204.125000", "075204.125000", "075209.125000", "075209.125000", "075209.125000", "075214.125000", "075214.125000", "075214.125000", "075214.140000", "075219.125000", "075219.125000", "075219.125000", "075219.125000", "075224.125000", "075224.125000", "075224.125000", "075229.125000", "075229.125000", "075229.125000", "075229.125000", "075234.125000", "075234.125000", "075234.125000", "075234.125000", "075239.125000", "075239.125000", "075239.125000", "075239.125000", "075244.125000", "075244.125000", "075244.125000", "075249.125000", "075249.125000", "075249.125000", "075249.140000", "075254.125000", "075254.125000", "075254.125000", "075259.125000", "075259.125000", "075259.125000", "075259.125000", "075304.125000", "075304.125000", "075304.125000", "075304.125000", "075309.125000", "075309.125000", "075309.125000", "075314.125000", "075314.125000", "075314.125000", "075314.125000", "075319.125000", "075319.125000", "075319.125000", "075324.125000", "075324.125000", "075324.125000", "075324.125000", "075329.125000", "075329.125000", "075329.125000", "075329.125000", "075334.125000", "075334.125000", "075334.125000", "075339.125000", "075339.125000", "075339.125000", "075339.125000", "075344.125000", "075344.125000", "075344.125000", "075344.125000", "075349.125000", "075349.125000", "075349.125000", "075349.125000", "075354.125000", "075354.125000", "075354.125000", "075354.125000", "075359.125000", "075359.125000", "075359.125000", "075404.125000", "075404.125000", "075404.125000", "075404.125000", "075409.125000", "075409.125000", "075409.125000", "075414.125000", "075414.125000", "075414.125000", "075414.125000", "075419.125000", "075419.125000", "075419.125000", "075419.125000", "075424.125000", "075424.125000", "075424.125000", "075424.125000", "075429.125000", "075429.125000", "075429.125000", "075429.125000", "075434.125000", "075434.125000", "075434.140000", "075439.125000", "075439.125000", "075439.125000", "075439.125000", "075444.125000", "075444.125000", "075444.125000", "075444.125000", "075449.125000", "075449.125000", "075449.125000", "075449.125000", "075454.125000", "075454.125000", "075454.125000", "075454.140000", "075459.125000", "075459.125000", "075459.125000", "075504.125000", "075504.125000", "075504.125000", "075504.125000", "075509.125000", "075509.125000", "075509.125000", "075509.125000", "075514.125000", "075514.125000", "075514.125000", "075519.125000", "075519.125000", "075519.125000", "075519.125000", "075524.125000", "075524.125000", "075524.125000", "075529.125000", "075529.125000", "075529.125000", "075529.125000", "075534.125000", "075534.125000", "075534.125000", "075534.125000", "075539.125000", "075539.125000", "075539.125000", "075544.125000", "075544.125000", "075544.125000", "075544.125000", "075549.125000", "075549.125000", "075549.125000", "075549.125000", "075554.125000", "075554.125000", "075554.125000", "075554.125000", "075559.125000", "075559.125000", "075559.125000", "075559.125000", "075604.125000", "075604.125000", "075604.125000", "075609.125000", "075609.125000", "075609.125000", "075609.125000", "075614.125000", "075614.125000", "075614.125000", "075619.125000", "075619.125000", "075619.125000", "075619.125000", "075624.125000", "075624.125000", "075624.125000", "075624.140000", "075629.125000", "075629.125000", "075629.140000", "075629.140000", "075634.125000", "075634.125000", "075634.125000", "075634.125000", "075639.125000", "075639.125000", "075639.125000", "075639.125000", "075644.125000", "075644.125000", "075644.125000", "075644.125000", "075649.125000", "075649.125000", "075649.125000", "075649.125000", "075654.125000", "075654.125000", "075654.125000", "075654.125000", "075659.125000", "075659.125000", "075659.125000", "075659.140000", "075704.125000", "075704.125000", "075704.125000", "075704.125000", "075709.125000", "075709.125000", "075709.125000", "075709.140000", "075714.125000", "075714.125000", "075714.125000", "075714.125000", "075719.125000", "075719.125000", "075719.125000", "075719.125000", "075724.125000", "075724.125000", "075724.125000", "075724.125000", "075729.125000", "075729.125000", "075729.125000", "075729.125000", "075732.578000", "075732.578000", "075732.578000"], "InstanceCreationTime": ["074916.859000", "074924.125000", "074924.125000", "074924.125000", "074924.125000", "074924.125000", "074924.140000", "074929.125000", "074929.125000", "074929.125000", "074929.125000", "074934.125000", "074934.125000", "074934.140000", "074939.125000", "074939.125000", "074939.125000", "074939.140000", "074944.125000", "074944.125000", "074944.125000", "074949.125000", "074949.125000", "074949.125000", "074949.140000", "074954.125000", "074954.125000", "074954.125000", "074954.125000", "074959.125000", "074959.125000", "074959.140000", "074959.140000", "075004.125000", "075004.125000", "075004.125000", "075009.125000", "075009.125000", "075009.125000", "075009.125000", "075014.125000", "075014.125000", "075014.125000", "075014.125000", "075019.125000", "075019.125000", "075019.125000", "075019.125000", "075024.125000", "075024.125000", "075024.125000", "075029.125000", "075029.125000", "075029.125000", "075029.125000", "075034.125000", "075034.125000", "075034.125000", "075039.125000", "075039.125000", "075039.125000", "075039.125000", "075044.125000", "075044.125000", "075044.125000", "075044.125000", "075049.125000", "075049.125000", "075049.125000", "075054.125000", "075054.125000", "075054.125000", "075054.140000", "075059.125000", "075059.125000", "075059.125000", "075059.125000", "075104.125000", "075104.125000", "075104.125000", "075104.140000", "075109.125000", "075109.125000", "075109.125000", "075114.125000", "075114.125000", "075114.125000", "075114.125000", "075119.125000", "075119.125000", "075119.125000", "075119.125000", "075124.125000", "075124.125000", "075124.125000", "075129.125000", "075129.125000", "075129.125000", "075129.140000", "075134.125000", "075134.125000", "075134.125000", "075134.125000", "075139.125000", "075139.125000", "075139.125000", "075144.125000", "075144.125000", "075144.125000", "075144.125000", "075149.125000", "075149.125000", "075149.125000", "075149.140000", "075154.125000", "075154.125000", "075154.125000", "075154.125000", "075159.125000", "075159.125000", "075159.125000", "075204.125000", "075204.125000", "075204.125000", "075204.125000", "075209.125000", "075209.125000", "075209.125000", "075214.125000", "075214.125000", "075214.125000", "075214.140000", "075219.125000", "075219.125000", "075219.125000", "075219.125000", "075224.125000", "075224.125000", "075224.125000", "075229.125000", "075229.125000", "075229.125000", "075229.125000", "075234.125000", "075234.125000", "075234.125000", "075234.125000", "075239.125000", "075239.125000", "075239.125000", "075239.125000", "075244.125000", "075244.125000", "075244.125000", "075249.125000", "075249.125000", "075249.125000", "075249.140000", "075254.125000", "075254.125000", "075254.125000", "075259.125000", "075259.125000", "075259.125000", "075259.125000", "075304.125000", "075304.125000", "075304.125000", "075304.125000", "075309.125000", "075309.125000", "075309.125000", "075314.125000", "075314.125000", "075314.125000", "075314.125000", "075319.125000", "075319.125000", "075319.125000", "075324.125000", "075324.125000", "075324.125000", "075324.125000", "075329.125000", "075329.125000", "075329.125000", "075329.125000", "075334.125000", "075334.125000", "075334.125000", "075339.125000", "075339.125000", "075339.125000", "075339.125000", "075344.125000", "075344.125000", "075344.125000", "075344.125000", "075349.125000", "075349.125000", "075349.125000", "075349.125000", "075354.125000", "075354.125000", "075354.125000", "075354.125000", "075359.125000", "075359.125000", "075359.125000", "075404.125000", "075404.125000", "075404.125000", "075404.125000", "075409.125000", "075409.125000", "075409.125000", "075414.125000", "075414.125000", "075414.125000", "075414.125000", "075419.125000", "075419.125000", "075419.125000", "075419.125000", "075424.125000", "075424.125000", "075424.125000", "075424.125000", "075429.125000", "075429.125000", "075429.125000", "075429.125000", "075434.125000", "075434.125000", "075434.140000", "075439.125000", "075439.125000", "075439.125000", "075439.125000", "075444.125000", "075444.125000", "075444.125000", "075444.125000", "075449.125000", "075449.125000", "075449.125000", "075449.125000", "075454.125000", "075454.125000", "075454.125000", "075454.140000", "075459.125000", "075459.125000", "075459.125000", "075504.125000", "075504.125000", "075504.125000", "075504.125000", "075509.125000", "075509.125000", "075509.125000", "075509.125000", "075514.125000", "075514.125000", "075514.125000", "075519.125000", "075519.125000", "075519.125000", "075519.125000", "075524.125000", "075524.125000", "075524.125000", "075529.125000", "075529.125000", "075529.125000", "075529.125000", "075534.125000", "075534.125000", "075534.125000", "075534.125000", "075539.125000", "075539.125000", "075539.125000", "075544.125000", "075544.125000", "075544.125000", "075544.125000", "075549.125000", "075549.125000", "075549.125000", "075549.125000", "075554.125000", "075554.125000", "075554.125000", "075554.125000", "075559.125000", "075559.125000", "075559.125000", "075559.125000", "075604.125000", "075604.125000", "075604.125000", "075609.125000", "075609.125000", "075609.125000", "075609.125000", "075614.125000", "075614.125000", "075614.125000", "075619.125000", "075619.125000", "075619.125000", "075619.125000", "075624.125000", "075624.125000", "075624.125000", "075624.140000", "075629.125000", "075629.125000", "075629.140000", "075629.140000", "075634.125000", "075634.125000", "075634.125000", "075634.125000", "075639.125000", "075639.125000", "075639.125000", "075639.125000", "075644.125000", "075644.125000", "075644.125000", "075644.125000", "075649.125000", "075649.125000", "075649.125000", "075649.125000", "075654.125000", "075654.125000", "075654.125000", "075654.125000", "075659.125000", "075659.125000", "075659.125000", "075659.140000", "075704.125000", "075704.125000", "075704.125000", "075704.125000", "075709.125000", "075709.125000", "075709.125000", "075709.140000", "075714.125000", "075714.125000", "075714.125000", "075714.125000", "075719.125000", "075719.125000", "075719.125000", "075719.125000", "075724.125000", "075724.125000", "075724.125000", "075724.125000", "075729.125000", "075729.125000", "075729.125000", "075729.125000", "075732.578000", "075732.578000", "075732.578000"], "InstanceNumber": [1, 2, 3, 4, 5, 6, 7, 8, 9, 10, 11, 12, 13, 14, 15, 16, 17, 18, 19, 20, 21, 22, 23, 24, 25, 26, 27, 28, 29, 30, 31, 32, 33, 34, 35, 36, 37, 38, 39, 40, 41, 42, 43, 44, 45, 46, 47, 48, 49, 50, 51, 52, 53, 54, 55, 56, 57, 58, 59, 60, 61, 62, 63, 64, 65, 66, 67, 68, 69, 70, 71, 72, 73, 74, 75, 76, 77, 78, 79, 80, 81, 82, 83, 84, 85, 86, 87, 88, 89, 90, 91, 92, 93, 94, 95, 96, 97, 98, 99, 100, 101, 102, 103, 104, 105, 106, 107, 108, 109, 110, 111, 112, 113, 114, 115, 116, 117, 118, 119, 120, 121, 122, 123, 124, 125, 126, 127, 128, 129, 130, 131, 132, 133, 134, 135, 136, 137, 138, 139, 140, 141, 142, 143, 144, 145, 146, 147, 148, 149, 150, 151, 152, 153, 154, 155, 156, 157, 158, 159, 160, 161, 162, 163, 164, 165, 166, 167, 168, 169, 170, 171, 172, 173, 174, 175, 176, 177, 178, 179, 180, 181, 182, 183, 184, 185, 186, 187, 188, 189, 190, 191, 192, 193, 194, 195, 196, 197, 198, 199, 200, 201, 202, 203, 204, 205, 206, 207, 208, 209, 210, 211, 212, 213, 214, 215, 216, 217, 218, 219, 220, 221, 222, 223, 224, 225, 226, 227, 228, 229, 230, 231, 232, 233, 234, 235, 236, 237, 238, 239, 240, 241, 242, 243, 244, 245, 246, 247, 248, 249, 250, 251, 252, 253, 254, 255, 256, 257, 258, 259, 260, 261, 262, 263, 264, 265, 266, 267, 268, 269, 270, 271, 272, 273, 274, 275, 276, 277, 278, 279, 280, 281, 282, 283, 284, 285, 286, 287, 288, 289, 290, 291, 292, 293, 294, 295, 296, 297, 298, 299, 300, 301, 302, 303, 304, 305, 306, 307, 308, 309, 310, 311, 312, 313, 314, 315, 316, 317, 318, 319, 320, 321, 322, 323, 324, 325, 326, 327, 328, 329, 330, 331, 332, 333, 334, 335, 336, 337, 338, 339, 340, 341, 342, 343, 344, 345, 346, 347, 348, 349, 350, 351, 352, 353, 354, 355, 356, 357, 358, 359, 360, 361, 362, 363, 364, 365, 366, 367, 368, 369, 370, 371, 372], "LargestImagePixelValue": [42476, 32955, 35403, 30603, 33961, 34098, 32561, 41850, 33370, 37555, 32037, 36549, 31399, 32521, 38609, 29473, 33095, 33167, 41615, 35193, 41986, 31726, 39292, 29940, 32613, 43361, 31066, 31523, 34589, 28998, 35487, 28095, 31783, 38182, 28843, 37931, 27922, 30870, 42266, 29317, 33637, 39182, 28690, 42395, 33745, 33022, 42437, 41288, 31780, 32486, 29640, 30127, 39350, 33356, 36460, 36207, 32506, 40431, 31986, 34299, 41706, 34750, 36961, 31326, 33064, 38050, 32340, 35917, 37252, 33900, 39657, 35824, 34406, 42823, 34830, 35147, 40298, 34013, 39369, 33406, 37180, 33946, 33488, 38364, 32382, 32809, 35169, 33181, 40931, 31415, 31268, 41916, 32041, 32530, 36835, 32241, 41486, 38859, 31260, 41643, 29734, 31113, 29737, 30311, 31523, 32228, 38348, 28849, 36295, 27961, 30119, 42145, 30356, 37546, 30363, 37998, 31314, 33539, 43656, 35775, 41225, 35029, 42989, 32343, 36002, 42479, 32135, 36934, 30971, 40906, 32122, 40017, 32990, 36463, 31937, 37717, 32071, 32020, 39565, 33404, 41620, 31490, 35544, 30142, 34076, 27672, 27869, 36946, 28762, 36339, 28687, 40077, 29909, 34800, 39608, 31382, 38422, 31765, 43830, 30767, 35227, 30973, 31137, 36724, 32397, 38903, 32716, 38791, 30621, 36276, 31179, 37951, 29403, 30417, 40368, 28429, 32365, 29108, 31553, 39366, 28884, 38314, 27156, 29406, 38694, 30064, 37218, 27379, 33455, 38279, 31218, 42827, 33208, 44606, 32569, 37904, 35044, 31882, 42186, 39406, 39482, 28397, 28104, 35800, 28207, 37715, 28901, 34653, 33129, 29750, 40515, 27603, 34379, 28621, 29917, 31353, 27586, 36854, 27183, 36600, 31244, 30554, 35202, 27571, 41294, 28524, 38448, 37012, 29612, 43136, 34007, 31800, 27450, 29030, 32714, 28910, 36309, 28567, 38838, 28000, 36772, 27612, 35684, 27362, 30767, 41577, 28567, 37054, 27512, 31349, 28929, 28577, 40482, 30680, 27655, 42195, 29514, 39115, 28670, 28331, 41306, 30680, 31099, 30522, 27108, 38107, 29070, 34218, 35716, 27832, 42427, 31318, 29815, 42016, 28556, 35995, 29164, 29356, 39935, 27909, 36752, 27195, 30896, 42820, 32899, 31252, 43382, 30912, 32080, 41929, 27303, 41250, 30155, 26912, 37056, 29114, 31877, 31324, 27681, 43038, 41169, 29309, 39275, 32120, 29163, 36890, 27410, 41236, 29116, 33971, 27440, 32067, 34808, 27618, 36107, 26877, 36940, 27475, 30400, 36671, 28776, 37548, 27229, 33487, 29170, 32577, 38923, 28758, 34534, 30674, 41914, 40264, 27981, 43542, 31273, 29469, 41605, 32431, 35247, 27155, 27373, 37812, 33223, 28649, 37513, 27414, 37799, 29804, 34861, 42930, 32525, 42168, 31021, 30614, 34136, 28524, 42502, 30488, 38263, 29073, 28741, 41986, 28596, 36671, 27931, 29861, 32715, 28532, 36967, 27630, 33360, 30103], "WindowCenter": [10500.0, 10479.0, 10482.0, 10464.0, 10476.0, 10455.0, 10463.0, 10495.0, 10476.0, 10481.0, 10457.0, 10494.0, 10445.0, 10463.0, 10489.0, 10442.0, 10465.0, 10460.0, 10500.0, 10464.0, 10472.0, 10462.0, 10452.0, 10428.0, 10448.0, 10461.0, 10441.0, 10430.0, 10443.0, 10441.0, 10485.0, 10443.0, 10447.0, 10474.0, 10446.0, 10494.0, 10440.0, 10458.0, 10487.0, 10433.0, 10466.0, 10500.0, 10458.0, 10480.0, 10469.0, 10455.0, 10470.0, 10473.0, 10468.0, 10453.0, 10453.0, 10451.0, 10488.0, 10442.0, 10482.0, 10449.0, 10468.0, 10472.0, 10481.0, 10468.0, 10478.0, 10448.0, 10457.0, 10456.0, 10465.0, 10493.0, 10437.0, 10458.0, 10472.0, 10489.0, 10462.0, 10464.0, 10458.0, 10476.0, 10453.0, 10457.0, 10472.0, 10457.0, 10471.0, 10453.0, 10461.0, 10431.0, 10467.0, 10467.0, 10452.0, 10437.0, 10450.0, 10432.0, 10469.0, 10413.0, 10440.0, 10457.0, 10435.0, 10453.0, 10454.0, 10441.0, 10461.0, 10429.0, 10426.0, 10444.0, 10407.0, 10424.0, 10423.0, 10421.0, 10432.0, 10447.0, 10489.0, 10439.0, 10465.0, 10440.0, 10453.0, 10501.0, 10449.0, 10483.0, 10460.0, 10483.0, 10444.0, 10453.0, 10490.0, 10463.0, 10462.0, 10475.0, 10467.0, 10438.0, 10457.0, 10466.0, 10427.0, 10437.0, 10433.0, 10446.0, 10437.0, 10463.0, 10439.0, 10465.0, 10446.0, 10444.0, 10440.0, 10456.0, 10472.0, 10449.0, 10468.0, 10440.0, 10460.0, 10427.0, 10448.0, 10442.0, 10455.0, 10488.0, 10448.0, 10480.0, 10463.0, 10492.0, 10429.0, 10441.0, 10451.0, 10451.0, 10453.0, 10461.0, 10474.0, 10429.0, 10437.0, 10411.0, 10435.0, 10467.0, 10437.0, 10457.0, 10449.0, 10445.0, 10415.0, 10457.0, 10444.0, 10474.0, 10436.0, 10442.0, 10467.0, 10422.0, 10449.0, 10437.0, 10459.0, 10472.0, 10439.0, 10470.0, 10441.0, 10449.0, 10492.0, 10443.0, 10491.0, 10435.0, 10469.0, 10493.0, 10454.0, 10475.0, 10473.0, 10484.0, 10442.0, 10475.0, 10446.0, 10401.0, 10454.0, 10465.0, 10437.0, 10405.0, 10415.0, 10411.0, 10416.0, 10458.0, 10405.0, 10442.0, 10430.0, 10417.0, 10456.0, 10410.0, 10459.0, 10441.0, 10443.0, 10446.0, 10428.0, 10477.0, 10435.0, 10467.0, 10449.0, 10441.0, 10441.0, 10398.0, 10469.0, 10421.0, 10448.0, 10446.0, 10416.0, 10458.0, 10402.0, 10407.0, 10403.0, 10412.0, 10426.0, 10419.0, 10434.0, 10420.0, 10457.0, 10404.0, 10449.0, 10426.0, 10451.0, 10418.0, 10426.0, 10457.0, 10423.0, 10461.0, 10421.0, 10441.0, 10430.0, 10414.0, 10459.0, 10424.0, 10425.0, 10458.0, 10442.0, 10451.0, 10405.0, 10426.0, 10439.0, 10422.0, 10420.0, 10447.0, 10436.0, 10460.0, 10423.0, 10449.0, 10443.0, 10428.0, 10457.0, 10438.0, 10412.0, 10479.0, 10408.0, 10456.0, 10447.0, 10433.0, 10459.0, 10416.0, 10473.0, 10444.0, 10459.0, 10471.0, 10440.0, 10422.0, 10452.0, 10422.0, 10422.0, 10416.0, 10408.0, 10450.0, 10424.0, 10387.0, 10446.0, 10413.0, 10454.0, 10420.0, 10406.0, 10445.0, 10434.0, 10393.0, 10434.0, 10408.0, 10400.0, 10437.0, 10384.0, 10451.0, 10410.0, 10422.0, 10421.0, 10415.0, 10436.0, 10384.0, 10428.0, 10405.0, 10458.0, 10403.0, 10433.0, 10449.0, 10433.0, 10461.0, 10433.0, 10440.0, 10430.0, 10458.0, 10463.0, 10447.0, 10459.0, 10453.0, 10470.0, 10458.0, 10415.0, 10454.0, 10415.0, 10397.0, 10450.0, 10416.0, 10437.0, 10417.0, 10432.0, 10460.0, 10433.0, 10416.0, 10462.0, 10438.0, 10463.0, 10437.0, 10444.0, 10478.0, 10442.0, 10459.0, 10426.0, 10417.0, 10431.0, 10404.0, 10464.0, 10407.0, 10459.0, 10416.0, 10410.0, 10442.0, 10397.0, 10427.0, 10428.0, 10422.0, 10431.0, 10414.0, 10447.0, 10413.0, 10448.0, 10421.0], "WindowWidth": [22412.0, 22353.0, 22358.0, 22320.0, 22342.0, 22301.0, 22315.0, 22386.0, 22338.0, 22353.0, 22302.0, 22379.0, 22283.0, 22310.0, 22368.0, 22270.0, 22319.0, 22313.0, 22392.0, 22314.0, 22336.0, 22304.0, 22293.0, 22239.0, 22274.0, 22309.0, 22258.0, 22237.0, 22273.0, 22263.0, 22359.0, 22275.0, 22282.0, 22343.0, 22276.0, 22381.0, 22271.0, 22299.0, 22369.0, 22258.0, 22321.0, 22390.0, 22301.0, 22358.0, 22326.0, 22295.0, 22329.0, 22331.0, 22314.0, 22286.0, 22295.0, 22289.0, 22366.0, 22279.0, 22345.0, 22288.0, 22322.0, 22337.0, 22339.0, 22314.0, 22345.0, 22286.0, 22296.0, 22294.0, 22313.0, 22367.0, 22260.0, 22301.0, 22328.0, 22360.0, 22321.0, 22313.0, 22298.0, 22343.0, 22289.0, 22300.0, 22328.0, 22290.0, 22330.0, 22286.0, 22301.0, 22246.0, 22305.0, 22316.0, 22284.0, 22257.0, 22278.0, 22235.0, 22312.0, 22200.0, 22251.0, 22298.0, 22246.0, 22282.0, 22288.0, 22256.0, 22302.0, 22231.0, 22217.0, 22267.0, 22181.0, 22219.0, 22220.0, 22216.0, 22244.0, 22272.0, 22365.0, 22265.0, 22315.0, 22268.0, 22291.0, 22398.0, 22286.0, 22359.0, 22313.0, 22359.0, 22274.0, 22291.0, 22378.0, 22312.0, 22313.0, 22325.0, 22319.0, 22253.0, 22292.0, 22307.0, 22228.0, 22256.0, 22235.0, 22277.0, 22252.0, 22305.0, 22254.0, 22311.0, 22271.0, 22274.0, 22259.0, 22291.0, 22326.0, 22268.0, 22320.0, 22257.0, 22297.0, 22228.0, 22273.0, 22265.0, 22284.0, 22358.0, 22277.0, 22342.0, 22304.0, 22365.0, 22238.0, 22262.0, 22277.0, 22272.0, 22290.0, 22292.0, 22334.0, 22234.0, 22249.0, 22197.0, 22238.0, 22308.0, 22252.0, 22292.0, 22270.0, 22275.0, 22207.0, 22289.0, 22265.0, 22322.0, 22247.0, 22260.0, 22318.0, 22223.0, 22275.0, 22250.0, 22291.0, 22325.0, 22261.0, 22318.0, 22262.0, 22280.0, 22367.0, 22273.0, 22363.0, 22256.0, 22328.0, 22371.0, 22287.0, 22344.0, 22322.0, 22353.0, 22263.0, 22329.0, 22264.0, 22174.0, 22288.0, 22294.0, 22238.0, 22177.0, 22192.0, 22202.0, 22201.0, 22290.0, 22188.0, 22256.0, 22230.0, 22203.0, 22292.0, 22192.0, 22289.0, 22248.0, 22253.0, 22265.0, 22231.0, 22328.0, 22247.0, 22313.0, 22269.0, 22256.0, 22263.0, 22167.0, 22311.0, 22214.0, 22271.0, 22260.0, 22198.0, 22290.0, 22176.0, 22181.0, 22172.0, 22190.0, 22221.0, 22197.0, 22234.0, 22206.0, 22288.0, 22180.0, 22272.0, 22222.0, 22278.0, 22216.0, 22229.0, 22296.0, 22220.0, 22296.0, 22211.0, 22260.0, 22236.0, 22202.0, 22292.0, 22220.0, 22218.0, 22303.0, 22258.0, 22279.0, 22178.0, 22213.0, 22255.0, 22214.0, 22213.0, 22260.0, 22244.0, 22305.0, 22227.0, 22273.0, 22263.0, 22230.0, 22302.0, 22246.0, 22199.0, 22329.0, 22187.0, 22292.0, 22263.0, 22237.0, 22297.0, 22211.0, 22323.0, 22262.0, 22295.0, 22325.0, 22256.0, 22216.0, 22286.0, 22216.0, 22216.0, 22206.0, 22174.0, 22274.0, 22215.0, 22144.0, 22264.0, 22202.0, 22279.0, 22215.0, 22184.0, 22268.0, 22233.0, 22145.0, 22231.0, 22178.0, 22162.0, 22243.0, 22131.0, 22269.0, 22182.0, 22207.0, 22202.0, 22197.0, 22241.0, 22141.0, 22227.0, 22173.0, 22285.0, 22177.0, 22233.0, 22281.0, 22240.0, 22302.0, 22244.0, 22264.0, 22240.0, 22292.0, 22307.0, 22268.0, 22303.0, 22278.0, 22314.0, 22289.0, 22200.0, 22284.0, 22198.0, 22163.0, 22272.0, 22204.0, 22240.0, 22202.0, 22237.0, 22298.0, 22241.0, 22210.0, 22306.0, 22250.0, 22315.0, 22255.0, 22268.0, 22337.0, 22258.0, 22294.0, 22217.0, 22204.0, 22233.0, 22173.0, 22305.0, 22189.0, 22283.0, 22200.0, 22184.0, 22256.0, 22162.0, 22221.0, 22219.0, 22217.0, 22237.0, 22197.0, 22266.0, 22201.0, 22269.0, 22214.0]}, "slices": {}}}