{"AcquisitionMatrixPE": 96, "AcquisitionNumber": 1, "AcquisitionTime": "07:36:14.827500", "BandwidthPerPixelPhaseEncode": 33.602, "BaseResolution": 96, "BodyPartExamined": "BRAIN", "ConsistencyInfo": "N4_VD11D_LATEST_20110129", "ConversionSoftware": "dcm2niix", "ConversionSoftwareVersion": "v1.0.20210317", "DerivedVendorReportedEchoSpacing": 0.000620003, "DeviceSerialNumber": "45239", "DwellTime": 2.6e-06, "EchoTime": 0.03, "EchoTrainLength": 48, "EffectiveEchoSpacing": 0.000310001, "FlipAngle": 63, "ImageComments": "Unaliased MB4/PE3", "ImageOrientationPatientDICOM": [1, -0.000881682, 0.000474708, 0.00100135, 0.880477, -0.474088], "ImageType": ["ORIGINAL", "PRIMARY", "M", "ND", "NORM", "MOSAIC"], "ImagingFrequency": 123.193, "InPlanePhaseEncodingDirectionDICOM": "COL", "InstitutionAddress": "E 24th St. 100,Austin,Southmiddle,US,78712", "InstitutionName": "Univ of Texas at Austin", "InstitutionalDepartmentName": "IRC", "MRAcquisitionType": "2D", "MagneticFieldStrength": 3, "Manufacturer": "Siemens", "ManufacturersModelName": "Skyra", "Modality": "MR", "MultibandAccelerationFactor": 4, "ParallelReductionFactorInPlane": 2, "PartialFourier": 1, "PatientPosition": "HFS", "PercentPhaseFOV": 100, "PercentSampling": 100, "PhaseEncodingDirection": "j-", "PhaseEncodingSteps": 96, "PhaseResolution": 1, "PixelBandwidth": 2005, "ProcedureStepDescription": "Poldrack2^self-scanning", "ProtocolName": "Resting State fMRI MBEPI_matrix96_BW2004", "PulseSequenceDetails": "%CustomerSeq%\\cmrr_mbep2d_bold", "ReceiveCoilActiveElements": "HEA;HEP", "ReceiveCoilName": "Head_32", "ReconMatrixPE": 96, "RefLinesPE": 94, "RepetitionTime": 1.16, "SAR": 0.108258, "ScanOptions": "FS", "ScanningSequence": "EP", "SequenceName": "epfid2d1_96", "SequenceVariant": "SK", "SeriesDescription": "Resting State fMRI MBEPI_matrix96_BW2004", "SeriesNumber": 6, "ShimSetting": [-2794, 8055, -15397, 104, -236, 141, 237, -52], "SliceThickness": 2, "SliceTiming": [0, 0.4975, 0.9975, 0.355, 0.855, 0.2125, 0.7125, 0.07, 0.57, 1.0675, 0.4275, 0.925, 0.285, 0.7825, 0.1425, 0.64, 0, 0.4975, 0.9975, 0.355, 0.855, 0.2125, 0.7125, 0.07, 0.57, 1.0675, 0.4275, 0.925, 0.285, 0.7825, 0.1425, 0.64, 0, 0.4975, 0.9975, 0.355, 0.855, 0.2125, 0.7125, 0.07, 0.57, 1.0675, 0.4275, 0.925, 0.285, 0.7825, 0.1425, 0.64, 0, 0.4975, 0.9975, 0.355, 0.855, 0.2125, 0.7125, 0.07, 0.57, 1.0675, 0.4275, 0.925, 0.285, 0.7825, 0.1425, 0.64], "SoftwareVersions": "syngo MR D11", "SpacingBetweenSlices": 2.4, "StationName": "AWP45239", "TaskName": "Resting fmri", "TotalReadoutTime": 0.0294501, "TxRefAmp": 348.108, "WipMemBlock": "b2378c20-ca11-4e81-8709-2fe70f7b5bc4||Sequence: VD11D r206; Feb 13 2013 18:52:04 by eja", "dcmmeta_affine": [[-2.395832061767578, 0.0023990790359675884, -6.111660866281454e-08, 117.58935546875], [0.002112363697960973, 2.10947585105896, -1.1378116607666016, -83.9050521850586], [0.001137321349233389, 1.1358357667922974, 2.113145589828491, -74.34950256347656], [0.0, 0.0, 0.0, 1.0]], "dcmmeta_reorient_transform": [[0.0, -1.0, 0.0, 95.0], [1.0, 0.0, 0.0, 0.0], [0.0, 0.0, 1.0, 0.0], [0.0, 0.0, 0.0, 1.0]], "dcmmeta_shape": [96, 96, 64, 518], "dcmmeta_slice_dim": 2, "dcmmeta_version": 0.6, "global": {"const": {"AcquisitionMatrix": [96, 0, 0, 96], "AngioFlag": "N", "BitsAllocated": 16, "BitsStored": 16, "BodyPartExamined": "BRAIN", "Columns": 768, "EchoNumbers": 1, "EchoTime": 30.0, "EchoTrainLength": 48, "FlipAngle": 63.0, "HighBit": 15, "ImageOrientationPatient": [0.99999949864415, -0.0008816823037, 0.00047470807655, 0.00100135480324, 0.88047691591791, -0.4740879642263], "ImagePositionPatient": [-923.62293190963, -824.56929912625, 414.81354811709], "ImageType": ["ORIGINAL", "PRIMARY", "M", "ND", "NORM", "MOSAIC"], "ImagedNucleus": "1H", "ImagingFrequency": 123.193132, "InPlanePhaseEncodingDirection": "COL", "MRAcquisitionType": "2D", "MagneticFieldStrength": 3.0, "Manufacturer": "SIEMENS", "ManufacturerModelName": "Skyra", "Modality": "MR", "NumberOfAverages": 1.0, "NumberOfPhaseEncodingSteps": 96, "PercentPhaseFieldOfView": 100.0, "PercentSampling": 100.0, "PerformedProcedureStepStartTime": "072932.406000", "PhotometricInterpretation": "MONOCHROME2", "PixelBandwidth": 2005.0, "PixelRepresentation": 0, "PixelSpacing": [2.3958332538605, 2.3958332538605], "ProtocolName": "Resting State fMRI MBEPI_matrix96_BW2004", "RepetitionTime": 1160.0, "Rows": 768, "SAR": 0.10825847373995, "SamplesPerPixel": 1, "ScanOptions": "FS", "ScanningSequence": "EP", "SequenceName": "epfid2d1_96", "SequenceVariant": "SK", "SeriesDescription": "Resting State fMRI MBEPI_matrix96_BW2004", "SeriesNumber": 6, "SeriesTime": "073653.359000", "SliceLocation": -25.684663233094, "SliceThickness": 2.0, "SmallestImagePixelValue": 0, "SoftwareVersions": "syngo MR D11", "SpacingBetweenSlices": 2.4000000343422, "SpecificCharacterSet": "ISO_IR 100", "StudyID": "1", "StudyTime": "072932.359000", "TransmitCoilName": "Body", "VariableFlipAngleFlag": "N", "WindowCenterWidthExplanation": "Algo1", "dBdt": 0.0}, "slices": {}}, "time": {"samples": {"AcquisitionNumber": [1, 2, 3, 4, 5, 6, 7, 8, 9, 10, 11, 12, 13, 14, 15, 16, 17, 18, 19, 20, 21, 22, 23, 24, 25, 26, 27, 28, 29, 30, 31, 32, 33, 34, 35, 36, 37, 38, 39, 40, 41, 42, 43, 44, 45, 46, 47, 48, 49, 50, 51, 52, 53, 54, 55, 56, 57, 58, 59, 60, 61, 62, 63, 64, 65, 66, 67, 68, 69, 70, 71, 72, 73, 74, 75, 76, 77, 78, 79, 80, 81, 82, 83, 84, 85, 86, 87, 88, 89, 90, 91, 92, 93, 94, 95, 96, 97, 98, 99, 100, 101, 102, 103, 104, 105, 106, 107, 108, 109, 110, 111, 112, 113, 114, 115, 116, 117, 118, 119, 120, 121, 122, 123, 124, 125, 126, 127, 128, 129, 130, 131, 132, 133, 134, 135, 136, 137, 138, 139, 140, 141, 142, 143, 144, 145, 146, 147, 148, 149, 150, 151, 152, 153, 154, 155, 156, 157, 158, 159, 160, 161, 162, 163, 164, 165, 166, 167, 168, 169, 170, 171, 172, 173, 174, 175, 176, 177, 178, 179, 180, 181, 182, 183, 184, 185, 186, 187, 188, 189, 190, 191, 192, 193, 194, 195, 196, 197, 198, 199, 200, 201, 202, 203, 204, 205, 206, 207, 208, 209, 210, 211, 212, 213, 214, 215, 216, 217, 218, 219, 220, 221, 222, 223, 224, 225, 226, 227, 228, 229, 230, 231, 232, 233, 234, 235, 236, 237, 238, 239, 240, 241, 242, 243, 244, 245, 246, 247, 248, 249, 250, 251, 252, 253, 254, 255, 256, 257, 258, 259, 260, 261, 262, 263, 264, 265, 266, 267, 268, 269, 270, 271, 272, 273, 274, 275, 276, 277, 278, 279, 280, 281, 282, 283, 284, 285, 286, 287, 288, 289, 290, 291, 292, 293, 294, 295, 296, 297, 298, 299, 300, 301, 302, 303, 304, 305, 306, 307, 308, 309, 310, 311, 312, 313, 314, 315, 316, 317, 318, 319, 320, 321, 322, 323, 324, 325, 326, 327, 328, 329, 330, 331, 332, 333, 334, 335, 336, 337, 338, 339, 340, 341, 342, 343, 344, 345, 346, 347, 348, 349, 350, 351, 352, 353, 354, 355, 356, 357, 358, 359, 360, 361, 362, 363, 364, 365, 366, 367, 368, 369, 370, 371, 372, 373, 374, 375, 376, 377, 378, 379, 380, 381, 382, 383, 384, 385, 386, 387, 388, 389, 390, 391, 392, 393, 394, 395, 396, 397, 398, 399, 400, 401, 402, 403, 404, 405, 406, 407, 408, 409, 410, 411, 412, 413, 414, 415, 416, 417, 418, 419, 420, 421, 422, 423, 424, 425, 426, 427, 428, 429, 430, 431, 432, 433, 434, 435, 436, 437, 438, 439, 440, 441, 442, 443, 444, 445, 446, 447, 448, 449, 450, 451, 452, 453, 454, 455, 456, 457, 458, 459, 460, 461, 462, 463, 464, 465, 466, 467, 468, 469, 470, 471, 472, 473, 474, 475, 476, 477, 478, 479, 480, 481, 482, 483, 484, 485, 486, 487, 488, 489, 490, 491, 492, 493, 494, 495, 496, 497, 498, 499, 500, 501, 502, 503, 504, 505, 506, 507, 508, 509, 510, 511, 512, 513, 514, 515, 516, 517, 518], "AcquisitionTime": ["073614.827500", "073643.827500", "073644.987500", "073646.147500", "073647.307500", "073648.467500", "073649.627500", "073650.787500", "073651.947500", "073653.107500", "073654.267500", "073655.427500", "073656.587500", "073657.747500", "073658.907500", "073700.067500", "073701.227500", "073702.387500", "073703.547500", "073704.707500", "073705.867500", "073707.027500", "073708.187500", "073709.347500", "073710.507500", "073711.667500", "073712.827500", "073713.987500", "073715.147500", "073716.307500", "073717.467500", "073718.627500", "073719.787500", "073720.947500", "073722.107500", "073723.267500", "073724.427500", "073725.587500", "073726.747500", "073727.907500", "073729.067500", "073730.227500", "073731.387500", "073732.547500", "073733.707500", "073734.867500", "073736.027500", "073737.187500", "073738.347500", "073739.507500", "073740.667500", "073741.827500", "073742.987500", "073744.147500", "073745.307500", "073746.467500", "073747.627500", "073748.787500", "073749.947500", "073751.107500", "073752.267500", "073753.427500", "073754.587500", "073755.747500", "073756.907500", "073758.067500", "073759.227500", "073800.387500", "073801.547500", "073802.707500", "073803.867500", "073805.027500", "073806.187500", "073807.347500", "073808.507500", "073809.667500", "073810.827500", "073811.987500", "073813.147500", "073814.307500", "073815.467500", "073816.627500", "073817.787500", "073818.947500", "073820.107500", "073821.267500", "073822.427500", "073823.587500", "073824.747500", "073825.907500", "073827.067500", "073828.227500", "073829.387500", "073830.547500", "073831.707500", "073832.867500", "073834.027500", "073835.187500", "073836.347500", "073837.507500", "073838.667500", "073839.827500", "073840.987500", "073842.147500", "073843.307500", "073844.467500", "073845.627500", "073846.787500", "073847.947500", "073849.107500", "073850.267500", "073851.427500", "073852.587500", "073853.747500", "073854.907500", "073856.067500", "073857.227500", "073858.387500", "073859.547500", "073900.707500", "073901.867500", "073903.027500", "073904.187500", "073905.347500", "073906.507500", "073907.667500", "073908.827500", "073909.987500", "073911.147500", "073912.307500", "073913.467500", "073914.630000", "073915.790000", "073916.950000", "073918.110000", "073919.270000", "073920.430000", "073921.590000", "073922.750000", "073923.910000", "073925.070000", "073926.230000", "073927.390000", "073928.550000", "073929.710000", "073930.870000", "073932.030000", "073933.190000", "073934.350000", "073935.510000", "073936.670000", "073937.830000", "073938.990000", "073940.150000", "073941.310000", "073942.470000", "073943.630000", "073944.790000", "073945.950000", "073947.110000", "073948.270000", "073949.430000", "073950.590000", "073951.750000", "073952.910000", "073954.070000", "073955.230000", "073956.390000", "073957.550000", "073958.710000", "073959.870000", "074001.030000", "074002.190000", "074003.350000", "074004.510000", "074005.670000", "074006.830000", "074007.990000", "074009.150000", "074010.310000", "074011.470000", "074012.630000", "074013.790000", "074014.950000", "074016.110000", "074017.270000", "074018.430000", "074019.590000", "074020.750000", "074021.910000", "074023.070000", "074024.230000", "074025.390000", "074026.550000", "074027.710000", "074028.870000", "074030.030000", "074031.190000", "074032.350000", "074033.510000", "074034.670000", "074035.830000", "074036.990000", "074038.150000", "074039.310000", "074040.470000", "074041.630000", "074042.790000", "074043.950000", "074045.110000", "074046.270000", "074047.430000", "074048.590000", "074049.750000", "074050.910000", "074052.070000", "074053.230000", "074054.390000", "074055.550000", "074056.710000", "074057.870000", "074059.030000", "074100.190000", "074101.350000", "074102.510000", "074103.670000", "074104.830000", "074105.990000", "074107.150000", "074108.310000", "074109.470000", "074110.630000", "074111.790000", "074112.950000", "074114.110000", "074115.270000", "074116.430000", "074117.590000", "074118.750000", "074119.910000", "074121.070000", "074122.230000", "074123.390000", "074124.550000", "074125.710000", "074126.870000", "074128.030000", "074129.190000", "074130.350000", "074131.510000", "074132.670000", "074133.830000", "074134.990000", "074136.150000", "074137.310000", "074138.470000", "074139.630000", "074140.790000", "074141.950000", "074143.110000", "074144.270000", "074145.430000", "074146.590000", "074147.750000", "074148.910000", "074150.070000", "074151.230000", "074152.390000", "074153.550000", "074154.710000", "074155.870000", "074157.030000", "074158.190000", "074159.350000", "074200.510000", "074201.670000", "074202.830000", "074203.990000", "074205.150000", "074206.310000", "074207.470000", "074208.630000", "074209.790000", "074210.950000", "074212.110000", "074213.270000", "074214.430000", "074215.590000", "074216.750000", "074217.910000", "074219.070000", "074220.230000", "074221.390000", "074222.550000", "074223.710000", "074224.870000", "074226.030000", "074227.190000", "074228.350000", "074229.510000", "074230.670000", "074231.830000", "074232.990000", "074234.150000", "074235.310000", "074236.470000", "074237.630000", "074238.790000", "074239.950000", "074241.110000", "074242.270000", "074243.430000", "074244.590000", "074245.750000", "074246.910000", "074248.070000", "074249.230000", "074250.390000", "074251.550000", "074252.710000", "074253.870000", "074255.030000", "074256.190000", "074257.350000", "074258.510000", "074259.670000", "074300.830000", "074301.990000", "074303.150000", "074304.310000", "074305.470000", "074306.630000", "074307.790000", "074308.950000", "074310.110000", "074311.270000", "074312.430000", "074313.590000", "074314.750000", "074315.910000", "074317.070000", "074318.230000", "074319.390000", "074320.550000", "074321.710000", "074322.870000", "074324.030000", "074325.190000", "074326.350000", "074327.510000", "074328.670000", "074329.830000", "074330.990000", "074332.150000", "074333.310000", "074334.470000", "074335.630000", "074336.790000", "074337.950000", "074339.110000", "074340.270000", "074341.430000", "074342.590000", "074343.750000", "074344.910000", "074346.070000", "074347.230000", "074348.390000", "074349.550000", "074350.710000", "074351.870000", "074353.030000", "074354.190000", "074355.350000", "074356.510000", "074357.670000", "074358.830000", "074359.990000", "074401.150000", "074402.310000", "074403.470000", "074404.632500", "074405.792500", "074406.952500", "074408.112500", "074409.272500", "074410.432500", "074411.592500", "074412.752500", "074413.912500", "074415.072500", "074416.232500", "074417.392500", "074418.552500", "074419.712500", "074420.872500", "074422.032500", "074423.192500", "074424.352500", "074425.512500", "074426.672500", "074427.832500", "074428.992500", "074430.152500", "074431.312500", "074432.472500", "074433.632500", "074434.792500", "074435.952500", "074437.112500", "074438.272500", "074439.432500", "074440.592500", "074441.752500", "074442.912500", "074444.072500", "074445.232500", "074446.392500", "074447.552500", "074448.712500", "074449.872500", "074451.032500", "074452.192500", "074453.352500", "074454.512500", "074455.672500", "074456.832500", "074457.992500", "074459.152500", "074500.312500", "074501.472500", "074502.632500", "074503.792500", "074504.952500", "074506.112500", "074507.272500", "074508.432500", "074509.592500", "074510.752500", "074511.912500", "074513.072500", "074514.232500", "074515.392500", "074516.552500", "074517.712500", "074518.872500", "074520.032500", "074521.192500", "074522.352500", "074523.512500", "074524.672500", "074525.832500", "074526.992500", "074528.152500", "074529.312500", "074530.472500", "074531.632500", "074532.792500", "074533.952500", "074535.112500", "074536.272500", "074537.432500", "074538.592500", "074539.752500", "074540.912500", "074542.072500", "074543.232500", "074544.392500", "074545.552500", "074546.712500", "074547.872500", "074549.032500", "074550.192500", "074551.352500", "074552.512500", "074553.672500", "074554.832500", "074555.992500", "074557.152500", "074558.312500", "074559.472500", "074600.632500", "074601.792500", "074602.952500", "074604.112500", "074605.272500", "074606.432500", "074607.592500", "074608.752500", "074609.912500", "074611.072500", "074612.232500", "074613.392500", "074614.552500", "074615.712500", "074616.872500", "074618.032500", "074619.192500", "074620.352500", "074621.512500", "074622.672500", "074623.832500", "074624.992500", "074626.152500", "074627.312500", "074628.472500", "074629.632500", "074630.792500", "074631.952500", "074633.112500", "074634.272500", "074635.432500", "074636.592500", "074637.752500", "074638.912500", "074640.072500", "074641.232500", "074642.392500"], "ContentTime": ["073653.359000", "073659.531000", "073659.531000", "073659.531000", "073659.546000", "073659.546000", "073704.531000", "073704.531000", "073704.531000", "073709.531000", "073709.531000", "073709.531000", "073709.546000", "073714.531000", "073714.531000", "073714.531000", "073714.531000", "073719.531000", "073719.531000", "073719.531000", "073724.531000", "073724.531000", "073724.531000", "073724.531000", "073729.531000", "073729.531000", "073729.531000", "073729.531000", "073734.531000", "073734.531000", "073734.531000", "073734.531000", "073739.531000", "073739.531000", "073739.531000", "073744.531000", "073744.531000", "073744.531000", "073744.531000", "073749.531000", "073749.531000", "073749.531000", "073749.531000", "073754.531000", "073754.531000", "073754.531000", "073754.531000", "073759.531000", "073759.531000", "073759.531000", "073804.531000", "073804.531000", "073804.531000", "073804.546000", "073809.531000", "073809.531000", "073809.531000", "073809.531000", "073814.531000", "073814.531000", "073814.531000", "073814.531000", "073819.531000", "073819.531000", "073819.531000", "073819.531000", "073824.531000", "073824.531000", "073824.531000", "073829.531000", "073829.531000", "073829.531000", "073829.531000", "073834.531000", "073834.531000", "073834.531000", "073839.531000", "073839.531000", "073839.531000", "073839.546000", "073844.531000", "073844.531000", "073844.531000", "073844.546000", "073849.531000", "073849.531000", "073849.531000", "073849.531000", "073854.531000", "073854.531000", "073854.531000", "073854.531000", "073859.531000", "073859.531000", "073859.531000", "073904.531000", "073904.531000", "073904.531000", "073904.531000", "073909.531000", "073909.531000", "073909.531000", "073909.531000", "073914.531000", "073914.531000", "073914.531000", "073914.531000", "073919.531000", "073919.531000", "073919.531000", "073924.531000", "073924.531000", "073924.531000", "073924.531000", "073929.531000", "073929.531000", "073929.531000", "073929.531000", "073934.531000", "073934.531000", "073934.531000", "073939.531000", "073939.531000", "073939.546000", "073939.546000", "073944.531000", "073944.531000", "073944.531000", "073944.531000", "073949.531000", "073949.531000", "073949.531000", "073949.531000", "073954.531000", "073954.531000", "073954.531000", "073959.531000", "073959.531000", "073959.531000", "073959.546000", "074004.531000", "074004.531000", "074004.531000", "074009.531000", "074009.531000", "074009.531000", "074009.531000", "074014.531000", "074014.531000", "074014.546000", "074014.546000", "074019.531000", "074019.531000", "074019.531000", "074024.531000", "074024.531000", "074024.531000", "074024.531000", "074024.546000", "074029.531000", "074029.531000", "074029.531000", "074034.531000", "074034.531000", "074034.531000", "074034.546000", "074039.531000", "074039.531000", "074039.531000", "074039.531000", "074044.531000", "074044.531000", "074044.531000", "074049.531000", "074049.531000", "074049.531000", "074049.531000", "074054.531000", "074054.531000", "074054.531000", "074054.531000", "074059.531000", "074059.531000", "074059.531000", "074104.531000", "074104.546000", "074104.546000", "074104.546000", "074109.531000", "074109.531000", "074109.531000", "074109.531000", "074114.531000", "074114.531000", "074114.531000", "074114.531000", "074119.531000", "074119.531000", "074119.531000", "074119.531000", "074124.531000", "074124.531000", "074124.531000", "074124.531000", "074129.531000", "074129.531000", "074129.531000", "074134.531000", "074134.531000", "074134.531000", "074134.531000", "074139.531000", "074139.531000", "074139.531000", "074144.531000", "074144.531000", "074144.531000", "074144.531000", "074149.531000", "074149.531000", "074149.531000", "074149.531000", "074154.531000", "074154.531000", "074154.531000", "074154.531000", "074159.531000", "074159.531000", "074159.531000", "074159.531000", "074204.531000", "074204.531000", "074204.546000", "074209.531000", "074209.531000", "074209.531000", "074209.531000", "074214.531000", "074214.531000", "074214.531000", "074214.531000", "074219.531000", "074219.531000", "074219.531000", "074224.531000", "074224.531000", "074224.531000", "074224.531000", "074229.531000", "074229.531000", "074229.531000", "074229.546000", "074234.531000", "074234.531000", "074234.531000", "074239.531000", "074239.531000", "074239.531000", "074239.531000", "074244.531000", "074244.531000", "074244.531000", "074244.531000", "074249.531000", "074249.531000", "074249.531000", "074249.531000", "074254.531000", "074254.562000", "074254.562000", "074254.562000", "074259.531000", "074259.531000", "074259.531000", "074259.531000", "074304.531000", "074304.531000", "074304.531000", "074309.531000", "074309.531000", "074309.531000", "074309.531000", "074314.531000", "074314.531000", "074314.531000", "074314.531000", "074319.531000", "074319.531000", "074319.531000", "074319.531000", "074324.531000", "074324.531000", "074324.531000", "074329.531000", "074329.531000", "074329.531000", "074329.531000", "074334.531000", "074334.531000", "074334.531000", "074334.531000", "074339.531000", "074339.531000", "074339.531000", "074339.531000", "074344.531000", "074344.531000", "074344.531000", "074349.531000", "074349.531000", "074349.531000", "074349.531000", "074354.531000", "074354.531000", "074354.531000", "074354.531000", "074359.531000", "074359.531000", "074359.531000", "074359.531000", "074404.531000", "074404.531000", "074404.531000", "074404.531000", "074409.531000", "074409.531000", "074409.531000", "074414.531000", "074414.531000", "074414.562000", "074414.562000", "074419.531000", "074419.531000", "074419.531000", "074419.531000", "074424.531000", "074424.531000", "074424.531000", "074424.531000", "074429.531000", "074429.531000", "074429.531000", "074429.531000", "074434.531000", "074434.531000", "074434.546000", "074439.531000", "074439.531000", "074439.531000", "074439.531000", "074444.531000", "074444.531000", "074444.531000", "074449.531000", "074449.531000", "074449.531000", "074449.531000", "074454.531000", "074454.531000", "074454.531000", "074454.531000", "074459.531000", "074459.531000", "074459.531000", "074504.531000", "074504.531000", "074504.531000", "074504.531000", "074504.531000", "074509.531000", "074509.531000", "074509.531000", "074514.531000", "074514.531000", "074514.531000", "074514.531000", "074519.531000", "074519.531000", "074519.531000", "074519.531000", "074524.531000", "074524.531000", "074524.531000", "074529.531000", "074529.531000", "074529.531000", "074529.546000", "074534.531000", "074534.531000", "074534.531000", "074534.531000", "074539.531000", "074539.531000", "074539.531000", "074544.531000", "074544.531000", "074544.531000", "074544.531000", "074549.531000", "074549.531000", "074549.531000", "074549.546000", "074554.531000", "074554.531000", "074554.531000", "074559.531000", "074559.531000", "074559.531000", "074559.531000", "074604.531000", "074604.531000", "074604.531000", "074604.531000", "074609.531000", "074609.531000", "074609.531000", "074609.531000", "074614.531000", "074614.531000", "074614.531000", "074619.531000", "074619.531000", "074619.531000", "074619.531000", "074624.531000", "074624.531000", "074624.531000", "074624.531000", "074629.531000", "074629.531000", "074629.531000", "074634.531000", "074634.531000", "074634.531000", "074634.531000", "074639.531000", "074639.531000", "074639.531000", "074639.531000", "074644.531000", "074644.531000", "074644.531000", "074644.531000", "074649.531000", "074649.531000", "074649.531000", "074649.531000", "074654.531000", "074654.531000", "074654.531000", "074654.531000", "074659.531000", "074659.531000", "074659.531000", "074704.531000", "074704.531000", "074704.531000", "074704.531000", "074709.531000", "074709.531000", "074709.531000", "074709.546000", "074714.531000", "074714.531000", "074714.531000", "074714.531000", "074719.531000", "074719.531000", "074719.531000", "074719.531000", "074724.531000", "074724.531000", "074724.531000", "074724.546000", "074729.531000", "074729.531000", "074729.531000", "074729.531000", "074734.531000", "074734.531000", "074734.531000", "074734.531000", "074739.531000", "074739.531000", "074739.531000", "074739.546000", "074744.531000", "074744.531000", "074744.531000", "074744.531000", "074749.531000", "074749.531000", "074749.531000", "074749.546000", "074754.531000", "074754.531000", "074754.531000", "074754.531000", "074759.531000", "074759.531000", "074759.531000", "074759.546000", "074804.531000", "074804.531000", "074804.531000", "074804.531000", "074809.531000", "074809.546000", "074809.546000", "074809.546000", "074814.531000", "074814.531000", "074814.531000", "074814.546000", "074819.062000", "074819.078000", "074819.078000", "074819.078000"], "InstanceCreationTime": ["073653.359000", "073659.531000", "073659.531000", "073659.531000", "073659.546000", "073659.546000", "073704.531000", "073704.531000", "073704.531000", "073709.531000", "073709.531000", "073709.531000", "073709.546000", "073714.531000", "073714.531000", "073714.531000", "073714.531000", "073719.531000", "073719.531000", "073719.531000", "073724.531000", "073724.531000", "073724.531000", "073724.531000", "073729.531000", "073729.531000", "073729.531000", "073729.531000", "073734.531000", "073734.531000", "073734.531000", "073734.531000", "073739.531000", "073739.531000", "073739.531000", "073744.531000", "073744.531000", "073744.531000", "073744.531000", "073749.531000", "073749.531000", "073749.531000", "073749.531000", "073754.531000", "073754.531000", "073754.531000", "073754.531000", "073759.531000", "073759.531000", "073759.531000", "073804.531000", "073804.531000", "073804.531000", "073804.546000", "073809.531000", "073809.531000", "073809.531000", "073809.531000", "073814.531000", "073814.531000", "073814.531000", "073814.531000", "073819.531000", "073819.531000", "073819.531000", "073819.531000", "073824.531000", "073824.531000", "073824.531000", "073829.531000", "073829.531000", "073829.531000", "073829.531000", "073834.531000", "073834.531000", "073834.531000", "073839.531000", "073839.531000", "073839.531000", "073839.546000", "073844.531000", "073844.531000", "073844.531000", "073844.546000", "073849.531000", "073849.531000", "073849.531000", "073849.531000", "073854.531000", "073854.531000", "073854.531000", "073854.531000", "073859.531000", "073859.531000", "073859.531000", "073904.531000", "073904.531000", "073904.531000", "073904.531000", "073909.531000", "073909.531000", "073909.531000", "073909.531000", "073914.531000", "073914.531000", "073914.531000", "073914.531000", "073919.531000", "073919.531000", "073919.531000", "073924.531000", "073924.531000", "073924.531000", "073924.531000", "073929.531000", "073929.531000", "073929.531000", "073929.531000", "073934.531000", "073934.531000", "073934.531000", "073939.531000", "073939.531000", "073939.546000", "073939.546000", "073944.531000", "073944.531000", "073944.531000", "073944.531000", "073949.531000", "073949.531000", "073949.531000", "073949.531000", "073954.531000", "073954.531000", "073954.531000", "073959.531000", "073959.531000", "073959.531000", "073959.546000", "074004.531000", "074004.531000", "074004.531000", "074009.531000", "074009.531000", "074009.531000", "074009.531000", "074014.531000", "074014.531000", "074014.546000", "074014.546000", "074019.531000", "074019.531000", "074019.531000", "074024.531000", "074024.531000", "074024.531000", "074024.531000", "074024.546000", "074029.531000", "074029.531000", "074029.531000", "074034.531000", "074034.531000", "074034.531000", "074034.546000", "074039.531000", "074039.531000", "074039.531000", "074039.531000", "074044.531000", "074044.531000", "074044.531000", "074049.531000", "074049.531000", "074049.531000", "074049.531000", "074054.531000", "074054.531000", "074054.531000", "074054.531000", "074059.531000", "074059.531000", "074059.531000", "074104.531000", "074104.546000", "074104.546000", "074104.546000", "074109.531000", "074109.531000", "074109.531000", "074109.531000", "074114.531000", "074114.531000", "074114.531000", "074114.531000", "074119.531000", "074119.531000", "074119.531000", "074119.531000", "074124.531000", "074124.531000", "074124.531000", "074124.531000", "074129.531000", "074129.531000", "074129.531000", "074134.531000", "074134.531000", "074134.531000", "074134.531000", "074139.531000", "074139.531000", "074139.531000", "074144.531000", "074144.531000", "074144.531000", "074144.531000", "074149.531000", "074149.531000", "074149.531000", "074149.531000", "074154.531000", "074154.531000", "074154.531000", "074154.531000", "074159.531000", "074159.531000", "074159.531000", "074159.531000", "074204.531000", "074204.531000", "074204.546000", "074209.531000", "074209.531000", "074209.531000", "074209.531000", "074214.531000", "074214.531000", "074214.531000", "074214.531000", "074219.531000", "074219.531000", "074219.531000", "074224.531000", "074224.531000", "074224.531000", "074224.531000", "074229.531000", "074229.531000", "074229.531000", "074229.546000", "074234.531000", "074234.531000", "074234.531000", "074239.531000", "074239.531000", "074239.531000", "074239.531000", "074244.531000", "074244.531000", "074244.531000", "074244.531000", "074249.531000", "074249.531000", "074249.531000", "074249.531000", "074254.531000", "074254.562000", "074254.562000", "074254.562000", "074259.531000", "074259.531000", "074259.531000", "074259.531000", "074304.531000", "074304.531000", "074304.531000", "074309.531000", "074309.531000", "074309.531000", "074309.531000", "074314.531000", "074314.531000", "074314.531000", "074314.531000", "074319.531000", "074319.531000", "074319.531000", "074319.531000", "074324.531000", "074324.531000", "074324.531000", "074329.531000", "074329.531000", "074329.531000", "074329.531000", "074334.531000", "074334.531000", "074334.531000", "074334.531000", "074339.531000", "074339.531000", "074339.531000", "074339.531000", "074344.531000", "074344.531000", "074344.531000", "074349.531000", "074349.531000", "074349.531000", "074349.531000", "074354.531000", "074354.531000", "074354.531000", "074354.531000", "074359.531000", "074359.531000", "074359.531000", "074359.531000", "074404.531000", "074404.531000", "074404.531000", "074404.531000", "074409.531000", "074409.531000", "074409.531000", "074414.531000", "074414.531000", "074414.562000", "074414.562000", "074419.531000", "074419.531000", "074419.531000", "074419.531000", "074424.531000", "074424.531000", "074424.531000", "074424.531000", "074429.531000", "074429.531000", "074429.531000", "074429.531000", "074434.531000", "074434.531000", "074434.546000", "074439.531000", "074439.531000", "074439.531000", "074439.531000", "074444.531000", "074444.531000", "074444.531000", "074449.531000", "074449.531000", "074449.531000", "074449.531000", "074454.531000", "074454.531000", "074454.531000", "074454.531000", "074459.531000", "074459.531000", "074459.531000", "074504.531000", "074504.531000", "074504.531000", "074504.531000", "074504.531000", "074509.531000", "074509.531000", "074509.531000", "074514.531000", "074514.531000", "074514.531000", "074514.531000", "074519.531000", "074519.531000", "074519.531000", "074519.531000", "074524.531000", "074524.531000", "074524.531000", "074529.531000", "074529.531000", "074529.531000", "074529.546000", "074534.531000", "074534.531000", "074534.531000", "074534.531000", "074539.531000", "074539.531000", "074539.531000", "074544.531000", "074544.531000", "074544.531000", "074544.531000", "074549.531000", "074549.531000", "074549.531000", "074549.546000", "074554.531000", "074554.531000", "074554.531000", "074559.531000", "074559.531000", "074559.531000", "074559.531000", "074604.531000", "074604.531000", "074604.531000", "074604.531000", "074609.531000", "074609.531000", "074609.531000", "074609.531000", "074614.531000", "074614.531000", "074614.531000", "074619.531000", "074619.531000", "074619.531000", "074619.531000", "074624.531000", "074624.531000", "074624.531000", "074624.531000", "074629.531000", "074629.531000", "074629.531000", "074634.531000", "074634.531000", "074634.531000", "074634.531000", "074639.531000", "074639.531000", "074639.531000", "074639.531000", "074644.531000", "074644.531000", "074644.531000", "074644.531000", "074649.531000", "074649.531000", "074649.531000", "074649.531000", "074654.531000", "074654.531000", "074654.531000", "074654.531000", "074659.531000", "074659.531000", "074659.531000", "074704.531000", "074704.531000", "074704.531000", "074704.531000", "074709.531000", "074709.531000", "074709.531000", "074709.546000", "074714.531000", "074714.531000", "074714.531000", "074714.531000", "074719.531000", "074719.531000", "074719.531000", "074719.531000", "074724.531000", "074724.531000", "074724.531000", "074724.546000", "074729.531000", "074729.531000", "074729.531000", "074729.531000", "074734.531000", "074734.531000", "074734.531000", "074734.531000", "074739.531000", "074739.531000", "074739.531000", "074739.546000", "074744.531000", "074744.531000", "074744.531000", "074744.531000", "074749.531000", "074749.531000", "074749.531000", "074749.546000", "074754.531000", "074754.531000", "074754.531000", "074754.531000", "074759.531000", "074759.531000", "074759.531000", "074759.546000", "074804.531000", "074804.531000", "074804.531000", "074804.531000", "074809.531000", "074809.546000", "074809.546000", "074809.546000", "074814.531000", "074814.531000", "074814.531000", "074814.546000", "074819.062000", "074819.078000", "074819.078000", "074819.078000"], "InstanceNumber": [1, 2, 3, 4, 5, 6, 7, 8, 9, 10, 11, 12, 13, 14, 15, 16, 17, 18, 19, 20, 21, 22, 23, 24, 25, 26, 27, 28, 29, 30, 31, 32, 33, 34, 35, 36, 37, 38, 39, 40, 41, 42, 43, 44, 45, 46, 47, 48, 49, 50, 51, 52, 53, 54, 55, 56, 57, 58, 59, 60, 61, 62, 63, 64, 65, 66, 67, 68, 69, 70, 71, 72, 73, 74, 75, 76, 77, 78, 79, 80, 81, 82, 83, 84, 85, 86, 87, 88, 89, 90, 91, 92, 93, 94, 95, 96, 97, 98, 99, 100, 101, 102, 103, 104, 105, 106, 107, 108, 109, 110, 111, 112, 113, 114, 115, 116, 117, 118, 119, 120, 121, 122, 123, 124, 125, 126, 127, 128, 129, 130, 131, 132, 133, 134, 135, 136, 137, 138, 139, 140, 141, 142, 143, 144, 145, 146, 147, 148, 149, 150, 151, 152, 153, 154, 155, 156, 157, 158, 159, 160, 161, 162, 163, 164, 165, 166, 167, 168, 169, 170, 171, 172, 173, 174, 175, 176, 177, 178, 179, 180, 181, 182, 183, 184, 185, 186, 187, 188, 189, 190, 191, 192, 193, 194, 195, 196, 197, 198, 199, 200, 201, 202, 203, 204, 205, 206, 207, 208, 209, 210, 211, 212, 213, 214, 215, 216, 217, 218, 219, 220, 221, 222, 223, 224, 225, 226, 227, 228, 229, 230, 231, 232, 233, 234, 235, 236, 237, 238, 239, 240, 241, 242, 243, 244, 245, 246, 247, 248, 249, 250, 251, 252, 253, 254, 255, 256, 257, 258, 259, 260, 261, 262, 263, 264, 265, 266, 267, 268, 269, 270, 271, 272, 273, 274, 275, 276, 277, 278, 279, 280, 281, 282, 283, 284, 285, 286, 287, 288, 289, 290, 291, 292, 293, 294, 295, 296, 297, 298, 299, 300, 301, 302, 303, 304, 305, 306, 307, 308, 309, 310, 311, 312, 313, 314, 315, 316, 317, 318, 319, 320, 321, 322, 323, 324, 325, 326, 327, 328, 329, 330, 331, 332, 333, 334, 335, 336, 337, 338, 339, 340, 341, 342, 343, 344, 345, 346, 347, 348, 349, 350, 351, 352, 353, 354, 355, 356, 357, 358, 359, 360, 361, 362, 363, 364, 365, 366, 367, 368, 369, 370, 371, 372, 373, 374, 375, 376, 377, 378, 379, 380, 381, 382, 383, 384, 385, 386, 387, 388, 389, 390, 391, 392, 393, 394, 395, 396, 397, 398, 399, 400, 401, 402, 403, 404, 405, 406, 407, 408, 409, 410, 411, 412, 413, 414, 415, 416, 417, 418, 419, 420, 421, 422, 423, 424, 425, 426, 427, 428, 429, 430, 431, 432, 433, 434, 435, 436, 437, 438, 439, 440, 441, 442, 443, 444, 445, 446, 447, 448, 449, 450, 451, 452, 453, 454, 455, 456, 457, 458, 459, 460, 461, 462, 463, 464, 465, 466, 467, 468, 469, 470, 471, 472, 473, 474, 475, 476, 477, 478, 479, 480, 481, 482, 483, 484, 485, 486, 487, 488, 489, 490, 491, 492, 493, 494, 495, 496, 497, 498, 499, 500, 501, 502, 503, 504, 505, 506, 507, 508, 509, 510, 511, 512, 513, 514, 515, 516, 517, 518], "LargestImagePixelValue": [28917, 35714, 33320, 28007, 34039, 41721, 29961, 28041, 33192, 27963, 33626, 28262, 35497, 32390, 40324, 31716, 28103, 37494, 28407, 46075, 33420, 28442, 36023, 30283, 28445, 28366, 28472, 34202, 40099, 31490, 31034, 43887, 28249, 32051, 40610, 28175, 28256, 44308, 28106, 30981, 39386, 29261, 29256, 35893, 32221, 28077, 34466, 42993, 28065, 28196, 34180, 28360, 28723, 36309, 28514, 33305, 28179, 36372, 31038, 29189, 31107, 29837, 34192, 33805, 36064, 28716, 36649, 28970, 33285, 35135, 43551, 28521, 33168, 28662, 32801, 45652, 30305, 28481, 38735, 29217, 29863, 30378, 32149, 30901, 37082, 29096, 37594, 28538, 42486, 33595, 28778, 39714, 29197, 34966, 30498, 35944, 30763, 28708, 40895, 30301, 30611, 28531, 28715, 44082, 30914, 35799, 28748, 32883, 34833, 30019, 28511, 36163, 29473, 28362, 34948, 35246, 31684, 34074, 30469, 28845, 28570, 36926, 33914, 28761, 37523, 29990, 34165, 28926, 37517, 32590, 28506, 34638, 28875, 28411, 35141, 36940, 30540, 31283, 36841, 28534, 39168, 28570, 28534, 37342, 29356, 33554, 28287, 29742, 36328, 35094, 28456, 35786, 28325, 28496, 34444, 33381, 31714, 37012, 28857, 36983, 29544, 34427, 29396, 43661, 28705, 31646, 28394, 28535, 35000, 37466, 33261, 28557, 39342, 28614, 32148, 38810, 33997, 28734, 47268, 28390, 33042, 28681, 28824, 37461, 30566, 33729, 28398, 28427, 37180, 30158, 28365, 39194, 28638, 47718, 30095, 28719, 36845, 31179, 28976, 39592, 30873, 31476, 42041, 28948, 36733, 30840, 29237, 32228, 28876, 33059, 28890, 28664, 38876, 32917, 29045, 37436, 32864, 29106, 40929, 32181, 29191, 36563, 30974, 28791, 37092, 30888, 29943, 37715, 32976, 33240, 30085, 40095, 28728, 28759, 38222, 28613, 34360, 29523, 33946, 31651, 30851, 28566, 37182, 28939, 31117, 37061, 29043, 29777, 38267, 34373, 30160, 47040, 30102, 34435, 39476, 28867, 36695, 29501, 32841, 41242, 29008, 28829, 43178, 29001, 32486, 28858, 29041, 36127, 34269, 30230, 43256, 31152, 30804, 28967, 28983, 40576, 29149, 35990, 42813, 28948, 44970, 29079, 33338, 33563, 29174, 38713, 29990, 30044, 43050, 36422, 34177, 29082, 29092, 36728, 43498, 29213, 32540, 29072, 29111, 38861, 28958, 31277, 39105, 30062, 40885, 29019, 35174, 30442, 32924, 28854, 28866, 39604, 30706, 37177, 29133, 33680, 29016, 29247, 38169, 29214, 33493, 28972, 33390, 29393, 29495, 40488, 29421, 29136, 29270, 42096, 29145, 32682, 29030, 29359, 32893, 38014, 34739, 33419, 29344, 42618, 31813, 33509, 33864, 32201, 29332, 29229, 36460, 29483, 29205, 38655, 29255, 35577, 29239, 29221, 37224, 30061, 35339, 29471, 30117, 38378, 33731, 29798, 33699, 30289, 29144, 35214, 32141, 44524, 29372, 37887, 33319, 33124, 30013, 37099, 29501, 32476, 43687, 31489, 33974, 29269, 32264, 29511, 30514, 45064, 29416, 37367, 29161, 30514, 38191, 29264, 33730, 29551, 32336, 29166, 29210, 36301, 29292, 32377, 45155, 30021, 36364, 29441, 30385, 37157, 29269, 34841, 29426, 31443, 43100, 33597, 29121, 39522, 29651, 35787, 29064, 29330, 40740, 29414, 42885, 29066, 33178, 37182, 29386, 45209, 29073, 35327, 33044, 31129, 38530, 31389, 29198, 30175, 29227, 35796, 34279, 29163, 35433, 28915, 31231, 33299, 33783, 35111, 40354, 31796, 46382, 34272, 32079, 43644, 31205, 34722, 29083, 33434, 30235, 32790, 38089, 30683, 32542, 37334, 34216, 33902, 31114, 31464, 40714, 29269, 29370, 38229, 32721, 29695, 34355, 29016, 31451, 37546, 43005, 30258, 32196, 41934, 33416, 38028, 45702, 34853, 30608, 37838, 31037, 29129, 29004, 38755, 28862, 31845, 28954, 32796, 29191, 40250, 34837, 32147, 39528, 29254, 36122, 30866, 37809, 31200, 28896, 35034, 28844, 29019, 35896, 42934, 29699, 34517, 29462, 33639, 35942, 31783, 33931, 36943, 29321, 32997, 38260, 31123], "WindowCenter": [10449.0, 10459.0, 10463.0, 10444.0, 10459.0, 10459.0, 10414.0, 10431.0, 10453.0, 10435.0, 10457.0, 10453.0, 10469.0, 10454.0, 10474.0, 10447.0, 10435.0, 10474.0, 10438.0, 10495.0, 10449.0, 10420.0, 10457.0, 10443.0, 10445.0, 10426.0, 10445.0, 10456.0, 10486.0, 10453.0, 10464.0, 10479.0, 10432.0, 10446.0, 10456.0, 10412.0, 10439.0, 10461.0, 10433.0, 10464.0, 10465.0, 10430.0, 10420.0, 10446.0, 10434.0, 10434.0, 10425.0, 10461.0, 10417.0, 10403.0, 10454.0, 10429.0, 10431.0, 10470.0, 10434.0, 10450.0, 10413.0, 10465.0, 10457.0, 10441.0, 10454.0, 10438.0, 10460.0, 10462.0, 10470.0, 10451.0, 10451.0, 10446.0, 10453.0, 10457.0, 10483.0, 10454.0, 10476.0, 10438.0, 10466.0, 10488.0, 10422.0, 10439.0, 10453.0, 10441.0, 10432.0, 10447.0, 10462.0, 10445.0, 10449.0, 10446.0, 10468.0, 10431.0, 10467.0, 10444.0, 10423.0, 10440.0, 10417.0, 10456.0, 10450.0, 10461.0, 10447.0, 10416.0, 10469.0, 10418.0, 10434.0, 10421.0, 10432.0, 10461.0, 10427.0, 10437.0, 10403.0, 10411.0, 10423.0, 10409.0, 10429.0, 10476.0, 10444.0, 10449.0, 10456.0, 10445.0, 10453.0, 10450.0, 10432.0, 10436.0, 10430.0, 10464.0, 10456.0, 10436.0, 10456.0, 10428.0, 10441.0, 10424.0, 10441.0, 10437.0, 10422.0, 10444.0, 10429.0, 10439.0, 10449.0, 10453.0, 10447.0, 10456.0, 10461.0, 10448.0, 10467.0, 10429.0, 10422.0, 10440.0, 10429.0, 10461.0, 10435.0, 10442.0, 10437.0, 10447.0, 10411.0, 10448.0, 10435.0, 10432.0, 10448.0, 10444.0, 10453.0, 10456.0, 10427.0, 10464.0, 10420.0, 10442.0, 10406.0, 10458.0, 10450.0, 10462.0, 10426.0, 10452.0, 10465.0, 10452.0, 10435.0, 10422.0, 10475.0, 10447.0, 10456.0, 10456.0, 10446.0, 10428.0, 10461.0, 10434.0, 10447.0, 10428.0, 10419.0, 10461.0, 10419.0, 10436.0, 10419.0, 10430.0, 10443.0, 10420.0, 10419.0, 10434.0, 10418.0, 10483.0, 10435.0, 10421.0, 10441.0, 10423.0, 10411.0, 10432.0, 10424.0, 10404.0, 10428.0, 10391.0, 10433.0, 10408.0, 10390.0, 10412.0, 10403.0, 10424.0, 10422.0, 10430.0, 10461.0, 10463.0, 10434.0, 10462.0, 10428.0, 10436.0, 10466.0, 10438.0, 10416.0, 10447.0, 10410.0, 10422.0, 10442.0, 10421.0, 10427.0, 10444.0, 10431.0, 10417.0, 10422.0, 10436.0, 10417.0, 10439.0, 10448.0, 10422.0, 10460.0, 10434.0, 10434.0, 10441.0, 10442.0, 10423.0, 10469.0, 10447.0, 10459.0, 10470.0, 10433.0, 10439.0, 10436.0, 10440.0, 10408.0, 10462.0, 10432.0, 10440.0, 10452.0, 10412.0, 10440.0, 10401.0, 10420.0, 10433.0, 10393.0, 10403.0, 10433.0, 10396.0, 10409.0, 10430.0, 10432.0, 10440.0, 10427.0, 10404.0, 10445.0, 10412.0, 10422.0, 10408.0, 10412.0, 10447.0, 10424.0, 10438.0, 10455.0, 10421.0, 10481.0, 10446.0, 10433.0, 10443.0, 10429.0, 10466.0, 10432.0, 10431.0, 10461.0, 10437.0, 10421.0, 10395.0, 10381.0, 10414.0, 10423.0, 10380.0, 10415.0, 10399.0, 10405.0, 10442.0, 10405.0, 10432.0, 10451.0, 10427.0, 10453.0, 10440.0, 10461.0, 10436.0, 10442.0, 10422.0, 10438.0, 10452.0, 10424.0, 10438.0, 10423.0, 10432.0, 10416.0, 10412.0, 10436.0, 10414.0, 10417.0, 10412.0, 10423.0, 10390.0, 10405.0, 10429.0, 10413.0, 10404.0, 10416.0, 10448.0, 10423.0, 10421.0, 10410.0, 10431.0, 10444.0, 10460.0, 10442.0, 10443.0, 10415.0, 10444.0, 10416.0, 10431.0, 10443.0, 10411.0, 10413.0, 10410.0, 10424.0, 10406.0, 10410.0, 10455.0, 10430.0, 10431.0, 10428.0, 10415.0, 10439.0, 10423.0, 10448.0, 10423.0, 10432.0, 10446.0, 10438.0, 10418.0, 10439.0, 10419.0, 10436.0, 10465.0, 10449.0, 10484.0, 10432.0, 10460.0, 10453.0, 10437.0, 10425.0, 10450.0, 10431.0, 10422.0, 10441.0, 10425.0, 10407.0, 10386.0, 10418.0, 10383.0, 10400.0, 10444.0, 10404.0, 10419.0, 10435.0, 10431.0, 10435.0, 10421.0, 10427.0, 10407.0, 10435.0, 10425.0, 10412.0, 10445.0, 10425.0, 10428.0, 10471.0, 10428.0, 10436.0, 10402.0, 10406.0, 10437.0, 10422.0, 10448.0, 10414.0, 10431.0, 10438.0, 10411.0, 10406.0, 10457.0, 10424.0, 10447.0, 10416.0, 10409.0, 10454.0, 10417.0, 10464.0, 10422.0, 10429.0, 10452.0, 10421.0, 10460.0, 10418.0, 10438.0, 10411.0, 10412.0, 10425.0, 10416.0, 10399.0, 10406.0, 10403.0, 10417.0, 10427.0, 10423.0, 10445.0, 10425.0, 10432.0, 10429.0, 10431.0, 10449.0, 10449.0, 10432.0, 10462.0, 10424.0, 10421.0, 10449.0, 10422.0, 10413.0, 10433.0, 10436.0, 10417.0, 10449.0, 10459.0, 10423.0, 10437.0, 10427.0, 10420.0, 10416.0, 10391.0, 10416.0, 10434.0, 10404.0, 10410.0, 10431.0, 10430.0, 10439.0, 10443.0, 10422.0, 10413.0, 10447.0, 10464.0, 10409.0, 10427.0, 10445.0, 10425.0, 10447.0, 10443.0, 10408.0, 10392.0, 10431.0, 10395.0, 10408.0, 10404.0, 10446.0, 10428.0, 10434.0, 10420.0, 10439.0, 10410.0, 10429.0, 10404.0, 10410.0, 10435.0, 10406.0, 10416.0, 10399.0, 10413.0, 10408.0, 10412.0, 10458.0, 10414.0, 10423.0, 10448.0, 10449.0, 10421.0, 10433.0, 10415.0, 10438.0, 10430.0, 10420.0, 10427.0, 10449.0, 10413.0, 10413.0, 10449.0, 10412.0], "WindowWidth": [22296.0, 22320.0, 22310.0, 22266.0, 22297.0, 22300.0, 22207.0, 22239.0, 22299.0, 22267.0, 22314.0, 22298.0, 22330.0, 22296.0, 22342.0, 22283.0, 22254.0, 22337.0, 22265.0, 22382.0, 22285.0, 22231.0, 22306.0, 22275.0, 22276.0, 22245.0, 22283.0, 22308.0, 22361.0, 22295.0, 22316.0, 22350.0, 22241.0, 22267.0, 22295.0, 22204.0, 22257.0, 22315.0, 22249.0, 22313.0, 22318.0, 22238.0, 22218.0, 22281.0, 22251.0, 22242.0, 22234.0, 22302.0, 22208.0, 22185.0, 22289.0, 22245.0, 22250.0, 22325.0, 22254.0, 22284.0, 22211.0, 22320.0, 22303.0, 22271.0, 22297.0, 22268.0, 22308.0, 22310.0, 22329.0, 22294.0, 22302.0, 22278.0, 22293.0, 22300.0, 22354.0, 22290.0, 22342.0, 22279.0, 22327.0, 22369.0, 22229.0, 22256.0, 22295.0, 22262.0, 22254.0, 22283.0, 22309.0, 22279.0, 22286.0, 22270.0, 22318.0, 22244.0, 22322.0, 22267.0, 22225.0, 22265.0, 22215.0, 22295.0, 22286.0, 22307.0, 22270.0, 22213.0, 22317.0, 22213.0, 22242.0, 22216.0, 22237.0, 22307.0, 22224.0, 22248.0, 22183.0, 22196.0, 22223.0, 22198.0, 22242.0, 22337.0, 22272.0, 22279.0, 22297.0, 22274.0, 22284.0, 22280.0, 22246.0, 22256.0, 22242.0, 22312.0, 22294.0, 22256.0, 22303.0, 22238.0, 22266.0, 22221.0, 22262.0, 22248.0, 22219.0, 22271.0, 22234.0, 22252.0, 22282.0, 22290.0, 22273.0, 22297.0, 22308.0, 22274.0, 22325.0, 22239.0, 22220.0, 22266.0, 22244.0, 22301.0, 22243.0, 22258.0, 22256.0, 22266.0, 22197.0, 22275.0, 22245.0, 22244.0, 22281.0, 22269.0, 22283.0, 22303.0, 22237.0, 22316.0, 22222.0, 22264.0, 22194.0, 22303.0, 22287.0, 22304.0, 22236.0, 22284.0, 22311.0, 22286.0, 22255.0, 22230.0, 22338.0, 22276.0, 22301.0, 22301.0, 22272.0, 22235.0, 22314.0, 22243.0, 22271.0, 22228.0, 22210.0, 22299.0, 22223.0, 22250.0, 22213.0, 22236.0, 22268.0, 22217.0, 22213.0, 22255.0, 22211.0, 22349.0, 22243.0, 22213.0, 22257.0, 22218.0, 22197.0, 22248.0, 22219.0, 22178.0, 22227.0, 22145.0, 22229.0, 22184.0, 22144.0, 22188.0, 22180.0, 22224.0, 22219.0, 22241.0, 22312.0, 22305.0, 22248.0, 22310.0, 22240.0, 22246.0, 22320.0, 22254.0, 22205.0, 22269.0, 22196.0, 22212.0, 22264.0, 22225.0, 22229.0, 22266.0, 22237.0, 22210.0, 22214.0, 22254.0, 22216.0, 22261.0, 22286.0, 22227.0, 22304.0, 22250.0, 22253.0, 22264.0, 22267.0, 22232.0, 22331.0, 22280.0, 22300.0, 22327.0, 22245.0, 22254.0, 22259.0, 22259.0, 22195.0, 22306.0, 22234.0, 22259.0, 22275.0, 22188.0, 22251.0, 22175.0, 22207.0, 22232.0, 22148.0, 22169.0, 22234.0, 22160.0, 22189.0, 22228.0, 22237.0, 22257.0, 22229.0, 22181.0, 22266.0, 22196.0, 22211.0, 22192.0, 22198.0, 22270.0, 22221.0, 22253.0, 22289.0, 22214.0, 22344.0, 22269.0, 22254.0, 22271.0, 22241.0, 22317.0, 22241.0, 22235.0, 22296.0, 22247.0, 22212.0, 22153.0, 22130.0, 22198.0, 22212.0, 22121.0, 22190.0, 22169.0, 22180.0, 22258.0, 22187.0, 22236.0, 22281.0, 22226.0, 22288.0, 22259.0, 22301.0, 22251.0, 22259.0, 22221.0, 22250.0, 22286.0, 22226.0, 22254.0, 22217.0, 22240.0, 22201.0, 22188.0, 22246.0, 22191.0, 22204.0, 22192.0, 22212.0, 22149.0, 22180.0, 22231.0, 22188.0, 22174.0, 22192.0, 22268.0, 22215.0, 22217.0, 22199.0, 22240.0, 22264.0, 22296.0, 22262.0, 22255.0, 22202.0, 22267.0, 22203.0, 22233.0, 22250.0, 22189.0, 22190.0, 22180.0, 22216.0, 22177.0, 22189.0, 22288.0, 22228.0, 22236.0, 22225.0, 22199.0, 22254.0, 22225.0, 22270.0, 22222.0, 22240.0, 22270.0, 22251.0, 22217.0, 22254.0, 22222.0, 22256.0, 22311.0, 22282.0, 22350.0, 22239.0, 22305.0, 22281.0, 22248.0, 22224.0, 22274.0, 22230.0, 22213.0, 22258.0, 22215.0, 22189.0, 22140.0, 22202.0, 22137.0, 22164.0, 22264.0, 22172.0, 22212.0, 22234.0, 22227.0, 22240.0, 22209.0, 22234.0, 22192.0, 22240.0, 22220.0, 22198.0, 22265.0, 22223.0, 22234.0, 22318.0, 22223.0, 22247.0, 22177.0, 22179.0, 22251.0, 22219.0, 22269.0, 22199.0, 22230.0, 22257.0, 22191.0, 22177.0, 22287.0, 22214.0, 22267.0, 22207.0, 22193.0, 22289.0, 22207.0, 22305.0, 22217.0, 22235.0, 22273.0, 22213.0, 22298.0, 22204.0, 22251.0, 22194.0, 22188.0, 22220.0, 22192.0, 22159.0, 22174.0, 22166.0, 22200.0, 22218.0, 22213.0, 22261.0, 22225.0, 22246.0, 22239.0, 22237.0, 22270.0, 22275.0, 22230.0, 22299.0, 22220.0, 22208.0, 22271.0, 22213.0, 22205.0, 22234.0, 22244.0, 22205.0, 22260.0, 22288.0, 22217.0, 22242.0, 22228.0, 22208.0, 22197.0, 22151.0, 22196.0, 22237.0, 22176.0, 22187.0, 22234.0, 22227.0, 22249.0, 22267.0, 22224.0, 22209.0, 22272.0, 22300.0, 22193.0, 22227.0, 22266.0, 22219.0, 22264.0, 22253.0, 22184.0, 22146.0, 22223.0, 22155.0, 22180.0, 22175.0, 22263.0, 22233.0, 22244.0, 22212.0, 22248.0, 22188.0, 22232.0, 22182.0, 22187.0, 22238.0, 22171.0, 22194.0, 22157.0, 22195.0, 22186.0, 22196.0, 22287.0, 22201.0, 22218.0, 22268.0, 22273.0, 22211.0, 22238.0, 22199.0, 22247.0, 22234.0, 22211.0, 22225.0, 22272.0, 22192.0, 22196.0, 22268.0, 22191.0]}, "slices": {}}}