{"AcquisitionMatrixPE": 96, "AcquisitionNumber": 1, "AcquisitionTime": "07:43:16.440000", "BandwidthPerPixelPhaseEncode": 33.602, "BaseResolution": 96, "BodyPartExamined": "BRAIN", "ConsistencyInfo": "N4_VD11D_LATEST_20110129", "ConversionSoftware": "dcm2niix", "ConversionSoftwareVersion": "v1.0.20210317", "DerivedVendorReportedEchoSpacing": 0.000620003, "DeviceSerialNumber": "45239", "DwellTime": 2.6e-06, "EchoTime": 0.03, "EchoTrainLength": 48, "EffectiveEchoSpacing": 0.000310001, "FlipAngle": 63, "ImageComments": "Unaliased MB4/PE3", "ImageOrientationPatientDICOM": [0.999807, -0.0173613, 0.00915356, 0.0196266, 0.884411, -0.466297], "ImageType": ["ORIGINAL", "PRIMARY", "M", "ND", "NORM", "MOSAIC"], "ImagingFrequency": 123.193, "InPlanePhaseEncodingDirectionDICOM": "COL", "InstitutionAddress": "E 24th St. 100,Austin,Southmiddle,US,78712", "InstitutionName": "Univ of Texas at Austin", "InstitutionalDepartmentName": "IRC", "MRAcquisitionType": "2D", "MagneticFieldStrength": 3, "Manufacturer": "Siemens", "ManufacturersModelName": "Skyra", "Modality": "MR", "MultibandAccelerationFactor": 4, "ParallelReductionFactorInPlane": 2, "PartialFourier": 1, "PatientPosition": "HFS", "PercentPhaseFOV": 100, "PercentSampling": 100, "PhaseEncodingDirection": "j-", "PhaseEncodingSteps": 96, "PhaseResolution": 1, "PixelBandwidth": 2005, "ProcedureStepDescription": "Poldrack2^self-scanning", "ProtocolName": "Breath_Hold", "PulseSequenceDetails": "%CustomerSeq%\\cmrr_mbep2d_bold", "ReceiveCoilActiveElements": "HEA;HEP", "ReceiveCoilName": "Head_32", "ReconMatrixPE": 96, "RefLinesPE": 94, "RepetitionTime": 1.16, "SAR": 0.0951203, "ScanOptions": "FS", "ScanningSequence": "EP", "SequenceName": "epfid2d1_96", "SequenceVariant": "SK", "SeriesDescription": "Breath_Hold", "SeriesNumber": 8, "ShimSetting": [-2788, 8051, -15426, 164, -231, 176, 225, -105], "SliceThickness": 2, "SliceTiming": [0, 0.4975, 0.995, 0.355, 0.8525, 0.2125, 0.71, 0.07, 0.5675, 1.0675, 0.425, 0.925, 0.285, 0.7825, 0.1425, 0.64, 0, 0.4975, 0.995, 0.355, 0.8525, 0.2125, 0.71, 0.07, 0.5675, 1.0675, 0.425, 0.925, 0.285, 0.7825, 0.1425, 0.64, 0, 0.4975, 0.995, 0.355, 0.8525, 0.2125, 0.71, 0.07, 0.5675, 1.0675, 0.425, 0.925, 0.285, 0.7825, 0.1425, 0.64, 0, 0.4975, 0.995, 0.355, 0.8525, 0.2125, 0.71, 0.07, 0.5675, 1.0675, 0.425, 0.925, 0.285, 0.7825, 0.1425, 0.64], "SoftwareVersions": "syngo MR D11", "SpacingBetweenSlices": 2.4, "StationName": "AWP45239", "TaskName": "Breath holding task", "TotalReadoutTime": 0.0294501, "TxRefAmp": 336.114, "WipMemBlock": "d1763a76-48ca-45c2-9452-397fbd1b08aa||Sequence: VD11D r206; Feb 13 2013 18:52:04 by eja", "dcmmeta_affine": [[-2.395371675491333, 0.04702194780111313, -5.11093611876845e-09, 117.59873962402344], [0.041594721376895905, 2.1189002990722656, -1.1193279027938843, -86.70193481445312], [0.021930404007434845, 1.1171693801879883, 2.1229941844940186, -84.29339599609375], [0.0, 0.0, 0.0, 1.0]], "dcmmeta_reorient_transform": [[0.0, -1.0, 0.0, 95.0], [1.0, 0.0, 0.0, 0.0], [0.0, 0.0, 1.0, 0.0], [0.0, 0.0, 0.0, 1.0]], "dcmmeta_shape": [96, 96, 64, 318], "dcmmeta_slice_dim": 2, "dcmmeta_version": 0.6, "global": {"const": {"AcquisitionMatrix": [96, 0, 0, 96], "AngioFlag": "N", "BitsAllocated": 16, "BitsStored": 16, "BodyPartExamined": "BRAIN", "Columns": 768, "EchoNumbers": 1, "EchoTime": 30.0, "EchoTrainLength": 48, "FlipAngle": 63.0, "HighBit": 15, "ImageOrientationPatient": [0.99980738067343, -0.0173612755868, 0.00915356001434, 0.01962655219179, 0.88441058351834, -0.4662968134245], "ImagePositionPatient": [-942.71011020579, -812.56825996299, 389.83800118654], "ImageType": ["ORIGINAL", "PRIMARY", "M", "ND", "NORM", "MOSAIC"], "ImagedNucleus": "1H", "ImagingFrequency": 123.193291, "InPlanePhaseEncodingDirection": "COL", "MRAcquisitionType": "2D", "MagneticFieldStrength": 3.0, "Manufacturer": "SIEMENS", "ManufacturerModelName": "Skyra", "Modality": "MR", "NumberOfAverages": 1.0, "NumberOfPhaseEncodingSteps": 96, "PercentPhaseFieldOfView": 100.0, "PercentSampling": 100.0, "PerformedProcedureStepStartTime": "072435.109000", "PhotometricInterpretation": "MONOCHROME2", "PixelBandwidth": 2005.0, "PixelRepresentation": 0, "PixelSpacing": [2.3958332538605, 2.3958332538605], "ProtocolName": "Breath_Hold", "RepetitionTime": 1160.0, "Rows": 768, "SAR": 0.0951203211157, "SamplesPerPixel": 1, "ScanOptions": "FS", "ScanningSequence": "EP", "SequenceName": "epfid2d1_96", "SequenceVariant": "SK", "SeriesDescription": "Breath_Hold", "SeriesNumber": 8, "SeriesTime": "074426.703000", "SliceLocation": -34.127711829998, "SliceThickness": 2.0, "SmallestImagePixelValue": 0, "SoftwareVersions": "syngo MR D11", "SpacingBetweenSlices": 2.3999999391519, "SpecificCharacterSet": "ISO_IR 100", "StudyID": "1", "StudyTime": "072435.046000", "TransmitCoilName": "Body", "VariableFlipAngleFlag": "N", "WindowCenterWidthExplanation": "Algo1", "dBdt": 0.0}, "slices": {}}, "time": {"samples": {"AcquisitionNumber": [1, 2, 3, 4, 5, 6, 7, 8, 9, 10, 11, 12, 13, 14, 15, 16, 17, 18, 19, 20, 21, 22, 23, 24, 25, 26, 27, 28, 29, 30, 31, 32, 33, 34, 35, 36, 37, 38, 39, 40, 41, 42, 43, 44, 45, 46, 47, 48, 49, 50, 51, 52, 53, 54, 55, 56, 57, 58, 59, 60, 61, 62, 63, 64, 65, 66, 67, 68, 69, 70, 71, 72, 73, 74, 75, 76, 77, 78, 79, 80, 81, 82, 83, 84, 85, 86, 87, 88, 89, 90, 91, 92, 93, 94, 95, 96, 97, 98, 99, 100, 101, 102, 103, 104, 105, 106, 107, 108, 109, 110, 111, 112, 113, 114, 115, 116, 117, 118, 119, 120, 121, 122, 123, 124, 125, 126, 127, 128, 129, 130, 131, 132, 133, 134, 135, 136, 137, 138, 139, 140, 141, 142, 143, 144, 145, 146, 147, 148, 149, 150, 151, 152, 153, 154, 155, 156, 157, 158, 159, 160, 161, 162, 163, 164, 165, 166, 167, 168, 169, 170, 171, 172, 173, 174, 175, 176, 177, 178, 179, 180, 181, 182, 183, 184, 185, 186, 187, 188, 189, 190, 191, 192, 193, 194, 195, 196, 197, 198, 199, 200, 201, 202, 203, 204, 205, 206, 207, 208, 209, 210, 211, 212, 213, 214, 215, 216, 217, 218, 219, 220, 221, 222, 223, 224, 225, 226, 227, 228, 229, 230, 231, 232, 233, 234, 235, 236, 237, 238, 239, 240, 241, 242, 243, 244, 245, 246, 247, 248, 249, 250, 251, 252, 253, 254, 255, 256, 257, 258, 259, 260, 261, 262, 263, 264, 265, 266, 267, 268, 269, 270, 271, 272, 273, 274, 275, 276, 277, 278, 279, 280, 281, 282, 283, 284, 285, 286, 287, 288, 289, 290, 291, 292, 293, 294, 295, 296, 297, 298, 299, 300, 301, 302, 303, 304, 305, 306, 307, 308, 309, 310, 311, 312, 313, 314, 315, 316, 317, 318], "AcquisitionTime": ["074316.440000", "074345.440000", "074346.600000", "074347.760000", "074348.920000", "074350.080000", "074351.240000", "074352.400000", "074353.560000", "074354.720000", "074355.880000", "074357.040000", "074358.200000", "074359.360000", "074400.520000", "074401.680000", "074402.840000", "074404.000000", "074405.160000", "074406.320000", "074407.480000", "074408.640000", "074409.800000", "074410.960000", "074412.120000", "074413.280000", "074414.440000", "074415.600000", "074416.760000", "074417.920000", "074419.080000", "074420.240000", "074421.400000", "074422.560000", "074423.720000", "074424.880000", "074426.040000", "074427.200000", "074428.360000", "074429.520000", "074430.680000", "074431.840000", "074433.000000", "074434.160000", "074435.320000", "074436.480000", "074437.640000", "074438.800000", "074439.960000", "074441.120000", "074442.280000", "074443.440000", "074444.600000", "074445.760000", "074446.920000", "074448.080000", "074449.240000", "074450.400000", "074451.560000", "074452.720000", "074453.880000", "074455.040000", "074456.200000", "074457.360000", "074458.520000", "074459.680000", "074500.840000", "074502.000000", "074503.160000", "074504.320000", "074505.480000", "074506.640000", "074507.800000", "074508.960000", "074510.120000", "074511.280000", "074512.440000", "074513.600000", "074514.760000", "074515.920000", "074517.080000", "074518.240000", "074519.400000", "074520.560000", "074521.720000", "074522.880000", "074524.040000", "074525.200000", "074526.360000", "074527.520000", "074528.680000", "074529.840000", "074531.000000", "074532.160000", "074533.320000", "074534.480000", "074535.640000", "074536.800000", "074537.960000", "074539.120000", "074540.280000", "074541.440000", "074542.600000", "074543.760000", "074544.920000", "074546.080000", "074547.240000", "074548.400000", "074549.560000", "074550.720000", "074551.880000", "074553.040000", "074554.200000", "074555.360000", "074556.520000", "074557.680000", "074558.840000", "074600.000000", "074601.160000", "074602.320000", "074603.480000", "074604.640000", "074605.800000", "074606.960000", "074608.120000", "074609.280000", "074610.440000", "074611.600000", "074612.760000", "074613.920000", "074615.080000", "074616.240000", "074617.400000", "074618.560000", "074619.720000", "074620.880000", "074622.040000", "074623.200000", "074624.360000", "074625.520000", "074626.680000", "074627.840000", "074629.000000", "074630.160000", "074631.320000", "074632.480000", "074633.640000", "074634.800000", "074635.960000", "074637.120000", "074638.280000", "074639.440000", "074640.600000", "074641.760000", "074642.920000", "074644.080000", "074645.240000", "074646.400000", "074647.560000", "074648.720000", "074649.880000", "074651.040000", "074652.200000", "074653.360000", "074654.520000", "074655.680000", "074656.840000", "074658.000000", "074659.160000", "074700.320000", "074701.480000", "074702.640000", "074703.800000", "074704.960000", "074706.120000", "074707.280000", "074708.440000", "074709.600000", "074710.760000", "074711.920000", "074713.080000", "074714.240000", "074715.400000", "074716.560000", "074717.720000", "074718.880000", "074720.040000", "074721.200000", "074722.360000", "074723.520000", "074724.680000", "074725.840000", "074727.000000", "074728.160000", "074729.320000", "074730.480000", "074731.640000", "074732.800000", "074733.960000", "074735.120000", "074736.280000", "074737.440000", "074738.600000", "074739.760000", "074740.920000", "074742.080000", "074743.240000", "074744.400000", "074745.560000", "074746.720000", "074747.880000", "074749.040000", "074750.200000", "074751.360000", "074752.520000", "074753.680000", "074754.840000", "074756.000000", "074757.160000", "074758.320000", "074759.480000", "074800.640000", "074801.800000", "074802.960000", "074804.120000", "074805.280000", "074806.440000", "074807.600000", "074808.760000", "074809.920000", "074811.080000", "074812.240000", "074813.400000", "074814.560000", "074815.720000", "074816.880000", "074818.040000", "074819.200000", "074820.360000", "074821.522500", "074822.682500", "074823.842500", "074825.002500", "074826.162500", "074827.322500", "074828.482500", "074829.642500", "074830.802500", "074831.962500", "074833.122500", "074834.282500", "074835.442500", "074836.602500", "074837.762500", "074838.922500", "074840.082500", "074841.242500", "074842.402500", "074843.562500", "074844.722500", "074845.882500", "074847.042500", "074848.202500", "074849.362500", "074850.522500", "074851.682500", "074852.842500", "074854.002500", "074855.162500", "074856.322500", "074857.482500", "074858.642500", "074859.802500", "074900.962500", "074902.122500", "074903.282500", "074904.442500", "074905.602500", "074906.762500", "074907.922500", "074909.082500", "074910.242500", "074911.402500", "074912.562500", "074913.722500", "074914.882500", "074916.042500", "074917.202500", "074918.362500", "074919.522500", "074920.682500", "074921.842500", "074923.002500", "074924.162500", "074925.322500", "074926.482500", "074927.642500", "074928.802500", "074929.962500", "074931.122500", "074932.282500", "074933.442500", "074934.602500", "074935.762500", "074936.922500", "074938.082500", "074939.242500", "074940.402500", "074941.562500", "074942.722500", "074943.882500", "074945.042500", "074946.202500", "074947.362500", "074948.522500", "074949.682500", "074950.842500", "074952.002500"], "ContentTime": ["074426.703000", "074431.500000", "074431.500000", "074431.500000", "074431.515000", "074436.500000", "074436.500000", "074436.515000", "074436.515000", "074441.500000", "074441.500000", "074441.500000", "074441.515000", "074446.500000", "074446.500000", "074446.500000", "074446.515000", "074451.500000", "074451.500000", "074451.500000", "074451.515000", "074456.500000", "074456.500000", "074456.500000", "074456.515000", "074501.500000", "074501.500000", "074501.500000", "074506.500000", "074506.500000", "074506.500000", "074506.515000", "074511.500000", "074511.500000", "074511.515000", "074511.515000", "074516.500000", "074516.500000", "074516.500000", "074521.500000", "074521.500000", "074521.500000", "074521.515000", "074526.500000", "074526.500000", "074526.500000", "074526.515000", "074531.500000", "074531.500000", "074531.500000", "074531.515000", "074536.500000", "074536.500000", "074536.500000", "074541.500000", "074541.500000", "074541.500000", "074541.515000", "074546.500000", "074546.500000", "074546.500000", "074546.515000", "074551.500000", "074551.515000", "074551.515000", "074556.500000", "074556.500000", "074556.515000", "074556.515000", "074601.500000", "074601.500000", "074601.500000", "074601.515000", "074606.500000", "074606.500000", "074606.500000", "074606.515000", "074611.500000", "074611.500000", "074611.500000", "074616.500000", "074616.500000", "074616.500000", "074616.515000", "074621.500000", "074621.500000", "074621.500000", "074626.500000", "074626.500000", "074626.500000", "074626.515000", "074631.500000", "074631.500000", "074631.500000", "074631.515000", "074636.500000", "074636.500000", "074636.500000", "074641.500000", "074641.500000", "074641.500000", "074641.515000", "074646.500000", "074646.500000", "074646.500000", "074646.515000", "074651.500000", "074651.500000", "074651.500000", "074656.515000", "074656.515000", "074656.515000", "074656.515000", "074701.500000", "074701.500000", "074701.500000", "074701.515000", "074706.500000", "074706.500000", "074706.500000", "074706.515000", "074711.500000", "074711.500000", "074711.500000", "074716.500000", "074716.500000", "074716.515000", "074716.515000", "074721.500000", "074721.500000", "074721.500000", "074726.500000", "074726.500000", "074726.500000", "074726.515000", "074731.500000", "074731.500000", "074731.515000", "074731.515000", "074736.500000", "074736.500000", "074736.515000", "074736.515000", "074741.500000", "074741.500000", "074741.500000", "074746.500000", "074746.500000", "074746.500000", "074746.515000", "074751.500000", "074751.500000", "074751.500000", "074751.515000", "074756.500000", "074756.531000", "074756.531000", "074801.500000", "074801.500000", "074801.500000", "074801.515000", "074806.500000", "074806.500000", "074806.500000", "074811.500000", "074811.500000", "074811.500000", "074811.515000", "074816.500000", "074816.500000", "074816.500000", "074816.515000", "074821.500000", "074821.500000", "074821.500000", "074821.515000", "074826.500000", "074826.500000", "074826.500000", "074831.500000", "074831.500000", "074831.500000", "074831.515000", "074836.500000", "074836.500000", "074836.515000", "074841.500000", "074841.500000", "074841.500000", "074841.515000", "074846.500000", "074846.562000", "074846.562000", "074851.500000", "074851.500000", "074851.500000", "074851.515000", "074856.500000", "074856.500000", "074856.500000", "074856.515000", "074901.500000", "074901.500000", "074901.515000", "074901.515000", "074906.500000", "074906.500000", "074906.500000", "074911.500000", "074911.515000", "074911.515000", "074911.515000", "074916.500000", "074916.500000", "074916.500000", "074916.515000", "074921.500000", "074921.500000", "074921.500000", "074921.515000", "074926.500000", "074926.500000", "074926.500000", "074931.500000", "074931.500000", "074931.515000", "074931.515000", "074936.500000", "074936.500000", "074936.515000", "074936.515000", "074941.500000", "074941.500000", "074941.515000", "074946.500000", "074946.500000", "074946.500000", "074946.515000", "074951.500000", "074951.578000", "074951.593000", "074951.593000", "074956.500000", "074956.500000", "074956.500000", "074956.515000", "075001.500000", "075001.500000", "075001.500000", "075001.515000", "075006.500000", "075006.515000", "075006.515000", "075006.515000", "075006.531000", "075011.500000", "075011.500000", "075011.500000", "075011.515000", "075016.500000", "075016.500000", "075016.515000", "075016.515000", "075021.500000", "075021.500000", "075021.500000", "075021.515000", "075026.500000", "075026.500000", "075026.500000", "075026.515000", "075031.500000", "075031.500000", "075031.515000", "075031.515000", "075031.515000", "075036.500000", "075036.500000", "075036.500000", "075036.515000", "075041.500000", "075041.500000", "075041.500000", "075041.515000", "075046.500000", "075046.500000", "075046.500000", "075051.500000", "075051.500000", "075051.500000", "075051.515000", "075051.515000", "075056.500000", "075056.500000", "075056.500000", "075101.500000", "075101.500000", "075101.500000", "075101.515000", "075106.500000", "075106.500000", "075106.500000", "075106.515000", "075111.500000", "075111.500000", "075111.500000", "075111.515000", "075111.515000", "075116.500000", "075116.500000", "075116.515000", "075116.515000", "075121.500000", "075121.500000", "075121.500000", "075121.515000", "075123.250000", "075123.250000"], "InstanceCreationTime": ["074426.703000", "074431.500000", "074431.500000", "074431.500000", "074431.515000", "074436.500000", "074436.500000", "074436.515000", "074436.515000", "074441.500000", "074441.500000", "074441.500000", "074441.515000", "074446.500000", "074446.500000", "074446.500000", "074446.515000", "074451.500000", "074451.500000", "074451.500000", "074451.515000", "074456.500000", "074456.500000", "074456.500000", "074456.515000", "074501.500000", "074501.500000", "074501.500000", "074506.500000", "074506.500000", "074506.500000", "074506.515000", "074511.500000", "074511.500000", "074511.515000", "074511.515000", "074516.500000", "074516.500000", "074516.500000", "074521.500000", "074521.500000", "074521.500000", "074521.515000", "074526.500000", "074526.500000", "074526.500000", "074526.515000", "074531.500000", "074531.500000", "074531.500000", "074531.515000", "074536.500000", "074536.500000", "074536.500000", "074541.500000", "074541.500000", "074541.500000", "074541.515000", "074546.500000", "074546.500000", "074546.500000", "074546.515000", "074551.500000", "074551.515000", "074551.515000", "074556.500000", "074556.500000", "074556.515000", "074556.515000", "074601.500000", "074601.500000", "074601.500000", "074601.515000", "074606.500000", "074606.500000", "074606.500000", "074606.515000", "074611.500000", "074611.500000", "074611.500000", "074616.500000", "074616.500000", "074616.500000", "074616.515000", "074621.500000", "074621.500000", "074621.500000", "074626.500000", "074626.500000", "074626.500000", "074626.515000", "074631.500000", "074631.500000", "074631.500000", "074631.515000", "074636.500000", "074636.500000", "074636.500000", "074641.500000", "074641.500000", "074641.500000", "074641.515000", "074646.500000", "074646.500000", "074646.500000", "074646.515000", "074651.500000", "074651.500000", "074651.500000", "074656.515000", "074656.515000", "074656.515000", "074656.515000", "074701.500000", "074701.500000", "074701.500000", "074701.515000", "074706.500000", "074706.500000", "074706.500000", "074706.515000", "074711.500000", "074711.500000", "074711.500000", "074716.500000", "074716.500000", "074716.515000", "074716.515000", "074721.500000", "074721.500000", "074721.500000", "074726.500000", "074726.500000", "074726.500000", "074726.515000", "074731.500000", "074731.500000", "074731.515000", "074731.515000", "074736.500000", "074736.500000", "074736.515000", "074736.515000", "074741.500000", "074741.500000", "074741.500000", "074746.500000", "074746.500000", "074746.500000", "074746.515000", "074751.500000", "074751.500000", "074751.500000", "074751.515000", "074756.500000", "074756.531000", "074756.531000", "074801.500000", "074801.500000", "074801.500000", "074801.515000", "074806.500000", "074806.500000", "074806.500000", "074811.500000", "074811.500000", "074811.500000", "074811.515000", "074816.500000", "074816.500000", "074816.500000", "074816.515000", "074821.500000", "074821.500000", "074821.500000", "074821.515000", "074826.500000", "074826.500000", "074826.500000", "074831.500000", "074831.500000", "074831.500000", "074831.515000", "074836.500000", "074836.500000", "074836.515000", "074841.500000", "074841.500000", "074841.500000", "074841.515000", "074846.500000", "074846.562000", "074846.562000", "074851.500000", "074851.500000", "074851.500000", "074851.515000", "074856.500000", "074856.500000", "074856.500000", "074856.515000", "074901.500000", "074901.500000", "074901.515000", "074901.515000", "074906.500000", "074906.500000", "074906.500000", "074911.500000", "074911.515000", "074911.515000", "074911.515000", "074916.500000", "074916.500000", "074916.500000", "074916.515000", "074921.500000", "074921.500000", "074921.500000", "074921.515000", "074926.500000", "074926.500000", "074926.500000", "074931.500000", "074931.500000", "074931.515000", "074931.515000", "074936.500000", "074936.500000", "074936.515000", "074936.515000", "074941.500000", "074941.500000", "074941.515000", "074946.500000", "074946.500000", "074946.500000", "074946.515000", "074951.500000", "074951.578000", "074951.593000", "074951.593000", "074956.500000", "074956.500000", "074956.500000", "074956.515000", "075001.500000", "075001.500000", "075001.500000", "075001.515000", "075006.500000", "075006.515000", "075006.515000", "075006.515000", "075006.531000", "075011.500000", "075011.500000", "075011.500000", "075011.515000", "075016.500000", "075016.500000", "075016.515000", "075016.515000", "075021.500000", "075021.500000", "075021.500000", "075021.515000", "075026.500000", "075026.500000", "075026.500000", "075026.515000", "075031.500000", "075031.500000", "075031.515000", "075031.515000", "075031.515000", "075036.500000", "075036.500000", "075036.500000", "075036.515000", "075041.500000", "075041.500000", "075041.500000", "075041.515000", "075046.500000", "075046.500000", "075046.500000", "075051.500000", "075051.500000", "075051.500000", "075051.515000", "075051.515000", "075056.500000", "075056.500000", "075056.500000", "075101.500000", "075101.500000", "075101.500000", "075101.515000", "075106.500000", "075106.500000", "075106.500000", "075106.515000", "075111.500000", "075111.500000", "075111.500000", "075111.515000", "075111.515000", "075116.500000", "075116.500000", "075116.515000", "075116.515000", "075121.500000", "075121.500000", "075121.500000", "075121.515000", "075123.250000", "075123.250000"], "InstanceNumber": [1, 2, 3, 4, 5, 6, 7, 8, 9, 10, 11, 12, 13, 14, 15, 16, 17, 18, 19, 20, 21, 22, 23, 24, 25, 26, 27, 28, 29, 30, 31, 32, 33, 34, 35, 36, 37, 38, 39, 40, 41, 42, 43, 44, 45, 46, 47, 48, 49, 50, 51, 52, 53, 54, 55, 56, 57, 58, 59, 60, 61, 62, 63, 64, 65, 66, 67, 68, 69, 70, 71, 72, 73, 74, 75, 76, 77, 78, 79, 80, 81, 82, 83, 84, 85, 86, 87, 88, 89, 90, 91, 92, 93, 94, 95, 96, 97, 98, 99, 100, 101, 102, 103, 104, 105, 106, 107, 108, 109, 110, 111, 112, 113, 114, 115, 116, 117, 118, 119, 120, 121, 122, 123, 124, 125, 126, 127, 128, 129, 130, 131, 132, 133, 134, 135, 136, 137, 138, 139, 140, 141, 142, 143, 144, 145, 146, 147, 148, 149, 150, 151, 152, 153, 154, 155, 156, 157, 158, 159, 160, 161, 162, 163, 164, 165, 166, 167, 168, 169, 170, 171, 172, 173, 174, 175, 176, 177, 178, 179, 180, 181, 182, 183, 184, 185, 186, 187, 188, 189, 190, 191, 192, 193, 194, 195, 196, 197, 198, 199, 200, 201, 202, 203, 204, 205, 206, 207, 208, 209, 210, 211, 212, 213, 214, 215, 216, 217, 218, 219, 220, 221, 222, 223, 224, 225, 226, 227, 228, 229, 230, 231, 232, 233, 234, 235, 236, 237, 238, 239, 240, 241, 242, 243, 244, 245, 246, 247, 248, 249, 250, 251, 252, 253, 254, 255, 256, 257, 258, 259, 260, 261, 262, 263, 264, 265, 266, 267, 268, 269, 270, 271, 272, 273, 274, 275, 276, 277, 278, 279, 280, 281, 282, 283, 284, 285, 286, 287, 288, 289, 290, 291, 292, 293, 294, 295, 296, 297, 298, 299, 300, 301, 302, 303, 304, 305, 306, 307, 308, 309, 310, 311, 312, 313, 314, 315, 316, 317, 318], "LargestImagePixelValue": [26488, 25912, 25773, 25755, 28105, 25239, 25524, 29407, 25485, 25545, 25306, 28973, 25096, 27146, 25602, 27841, 25355, 25253, 25570, 25445, 25483, 25627, 25261, 25392, 25511, 26284, 25444, 25357, 25240, 27564, 25524, 25439, 25303, 25572, 25392, 25146, 25356, 25275, 25330, 25366, 25322, 25443, 25372, 25174, 25309, 25364, 25375, 25299, 25368, 25644, 25519, 25498, 25246, 25613, 25465, 25557, 25417, 25375, 25226, 25519, 25545, 25658, 26511, 28220, 25459, 25248, 30190, 25343, 25310, 25568, 30854, 25153, 25601, 25266, 25332, 25159, 25313, 25374, 25517, 25391, 26068, 25354, 25456, 25437, 25282, 25176, 25205, 25184, 25186, 25359, 27802, 25242, 25418, 25255, 25380, 25179, 25335, 25249, 25398, 25295, 25375, 25312, 25330, 25405, 25368, 25438, 25884, 25382, 25227, 25197, 26745, 25446, 25292, 26664, 25595, 26365, 25310, 26954, 25240, 25469, 25500, 25408, 25512, 25441, 31021, 25470, 25412, 25150, 25186, 25105, 25402, 25208, 25535, 25238, 25037, 26826, 25071, 25254, 25463, 25248, 25168, 25262, 25527, 28028, 25234, 25247, 25162, 25250, 29537, 25229, 25177, 25386, 25336, 25154, 25120, 25060, 25396, 25270, 25149, 25134, 25470, 25447, 25149, 26341, 25255, 25200, 25387, 25428, 25335, 25532, 31915, 25265, 25325, 26460, 25210, 28068, 28730, 25238, 25137, 25144, 25339, 25155, 25363, 25394, 25375, 25696, 25152, 25231, 25262, 25637, 25226, 25462, 25201, 25156, 25253, 25253, 25421, 25320, 25233, 24992, 25243, 25285, 25177, 25348, 25409, 25231, 25411, 25290, 25392, 25361, 25339, 25287, 25197, 25355, 25313, 25065, 25589, 24990, 25163, 25055, 25461, 25017, 28248, 26324, 25068, 25304, 28522, 25300, 25252, 30523, 25958, 25207, 26785, 25373, 25157, 25184, 24927, 25341, 25419, 25037, 26484, 25040, 25230, 25020, 25110, 25091, 24913, 25225, 25160, 25625, 25136, 25140, 25176, 25079, 25005, 24925, 25079, 25066, 25311, 25108, 25190, 25394, 25017, 25133, 26823, 27444, 25103, 25300, 25220, 24905, 24861, 25093, 25375, 25753, 25351, 27822, 27572, 25056, 30354, 27709, 28659, 25040, 28381, 25727, 25812, 31513, 25030, 25069, 25241, 25133, 25161, 25069, 25064, 24936, 25274, 25063, 27666, 25126, 25094, 25145, 25025, 25244, 25209, 25191, 25092, 28117, 25264, 25126, 25146, 25177, 25102, 25206, 25055, 25168, 25264, 25231, 24938, 25221], "WindowCenter": [10079.0, 10084.0, 10064.0, 10067.0, 10067.0, 10051.0, 10036.0, 10073.0, 10049.0, 10072.0, 10064.0, 10069.0, 10041.0, 10038.0, 10017.0, 10039.0, 10001.0, 10004.0, 10010.0, 9998.0, 9989.0, 10013.0, 10004.0, 10005.0, 9999.0, 10014.0, 9982.0, 10007.0, 9992.0, 10011.0, 9992.0, 9979.0, 9997.0, 9990.0, 10000.0, 10003.0, 10020.0, 10019.0, 10026.0, 10021.0, 10026.0, 10019.0, 10011.0, 10000.0, 10017.0, 10002.0, 10015.0, 10018.0, 10027.0, 10040.0, 10037.0, 10050.0, 10064.0, 10061.0, 10059.0, 10057.0, 10073.0, 10057.0, 10074.0, 10075.0, 10067.0, 10074.0, 10093.0, 10077.0, 10054.0, 10048.0, 10074.0, 10032.0, 10019.0, 10021.0, 10028.0, 9989.0, 9985.0, 10010.0, 10006.0, 10017.0, 10008.0, 10013.0, 10002.0, 9989.0, 10001.0, 9991.0, 9998.0, 9994.0, 10006.0, 10012.0, 9998.0, 10002.0, 10020.0, 10016.0, 10025.0, 10024.0, 10017.0, 10029.0, 10020.0, 10020.0, 10014.0, 10026.0, 10027.0, 10019.0, 10016.0, 10024.0, 10048.0, 10053.0, 10054.0, 10057.0, 10055.0, 10053.0, 10057.0, 10042.0, 10072.0, 10057.0, 10082.0, 10071.0, 10055.0, 10078.0, 10084.0, 10053.0, 10037.0, 10023.0, 10021.0, 10019.0, 10025.0, 10009.0, 10037.0, 9988.0, 9975.0, 9974.0, 10005.0, 9981.0, 9990.0, 9990.0, 9991.0, 9992.0, 9996.0, 10024.0, 10005.0, 9990.0, 9981.0, 9985.0, 9993.0, 10001.0, 10013.0, 10000.0, 10000.0, 10011.0, 9995.0, 9997.0, 10001.0, 9989.0, 10005.0, 10014.0, 9992.0, 10026.0, 10020.0, 10037.0, 10042.0, 10023.0, 10037.0, 10060.0, 10042.0, 10047.0, 10065.0, 10073.0, 10058.0, 10061.0, 10064.0, 10044.0, 10073.0, 10072.0, 10087.0, 10059.0, 10044.0, 10026.0, 10031.0, 10032.0, 10024.0, 9999.0, 9993.0, 10010.0, 10002.0, 10010.0, 9992.0, 10002.0, 9994.0, 9993.0, 9988.0, 9977.0, 9987.0, 9971.0, 9991.0, 9987.0, 9989.0, 9991.0, 9992.0, 9996.0, 10007.0, 9996.0, 9983.0, 9991.0, 10002.0, 9993.0, 10007.0, 10002.0, 9995.0, 10005.0, 10015.0, 10024.0, 10031.0, 10026.0, 10044.0, 10046.0, 10032.0, 10026.0, 10046.0, 10041.0, 10040.0, 10050.0, 10044.0, 10060.0, 10062.0, 10052.0, 10061.0, 10045.0, 10026.0, 10021.0, 10017.0, 10014.0, 10003.0, 10052.0, 9990.0, 9997.0, 9993.0, 9992.0, 9987.0, 9998.0, 9980.0, 9998.0, 9970.0, 9987.0, 9991.0, 9982.0, 9997.0, 9985.0, 9993.0, 10013.0, 10009.0, 10008.0, 10006.0, 10004.0, 10002.0, 10003.0, 9993.0, 9988.0, 9985.0, 9992.0, 10015.0, 10000.0, 10027.0, 10016.0, 10032.0, 10015.0, 10039.0, 10052.0, 10053.0, 10083.0, 10053.0, 10038.0, 10049.0, 10042.0, 10053.0, 10073.0, 10068.0, 10051.0, 10072.0, 10070.0, 10051.0, 10022.0, 10044.0, 10015.0, 10033.0, 10014.0, 10015.0, 9975.0, 9989.0, 10000.0, 9954.0, 9981.0, 9968.0, 9957.0, 9975.0, 9967.0, 9971.0, 9984.0, 9986.0, 10000.0, 9992.0, 9989.0, 10000.0, 9981.0, 9993.0, 10005.0, 9999.0, 9993.0, 9999.0, 10024.0, 10008.0, 10006.0, 9988.0, 9994.0, 10014.0, 10010.0, 10024.0, 10035.0, 10054.0, 10049.0, 10036.0, 10054.0], "WindowWidth": [21385.0, 21386.0, 21344.0, 21345.0, 21346.0, 21313.0, 21281.0, 21350.0, 21302.0, 21346.0, 21334.0, 21348.0, 21290.0, 21280.0, 21236.0, 21273.0, 21201.0, 21203.0, 21213.0, 21188.0, 21170.0, 21215.0, 21204.0, 21208.0, 21193.0, 21221.0, 21157.0, 21203.0, 21174.0, 21212.0, 21174.0, 21148.0, 21178.0, 21167.0, 21189.0, 21199.0, 21232.0, 21231.0, 21244.0, 21239.0, 21244.0, 21232.0, 21214.0, 21193.0, 21227.0, 21203.0, 21228.0, 21239.0, 21256.0, 21285.0, 21282.0, 21313.0, 21337.0, 21336.0, 21332.0, 21326.0, 21352.0, 21325.0, 21356.0, 21366.0, 21351.0, 21362.0, 21399.0, 21368.0, 21321.0, 21306.0, 21350.0, 21265.0, 21236.0, 21233.0, 21245.0, 21169.0, 21161.0, 21202.0, 21199.0, 21224.0, 21209.0, 21216.0, 21192.0, 21166.0, 21188.0, 21170.0, 21187.0, 21178.0, 21198.0, 21213.0, 21189.0, 21202.0, 21230.0, 21221.0, 21242.0, 21237.0, 21228.0, 21247.0, 21233.0, 21232.0, 21224.0, 21246.0, 21247.0, 21234.0, 21230.0, 21246.0, 21295.0, 21313.0, 21321.0, 21330.0, 21324.0, 21314.0, 21317.0, 21287.0, 21349.0, 21323.0, 21368.0, 21356.0, 21319.0, 21364.0, 21369.0, 21309.0, 21275.0, 21247.0, 21238.0, 21234.0, 21245.0, 21212.0, 21263.0, 21169.0, 21139.0, 21138.0, 21193.0, 21153.0, 21166.0, 21165.0, 21166.0, 21168.0, 21181.0, 21233.0, 21197.0, 21167.0, 21149.0, 21156.0, 21177.0, 21195.0, 21215.0, 21194.0, 21192.0, 21209.0, 21181.0, 21183.0, 21196.0, 21170.0, 21198.0, 21216.0, 21178.0, 21246.0, 21240.0, 21274.0, 21287.0, 21256.0, 21281.0, 21324.0, 21292.0, 21301.0, 21334.0, 21351.0, 21323.0, 21331.0, 21338.0, 21300.0, 21355.0, 21355.0, 21387.0, 21326.0, 21293.0, 21256.0, 21257.0, 21258.0, 21240.0, 21190.0, 21177.0, 21207.0, 21192.0, 21207.0, 21174.0, 21191.0, 21176.0, 21172.0, 21159.0, 21142.0, 21158.0, 21128.0, 21162.0, 21156.0, 21162.0, 21170.0, 21170.0, 21178.0, 21198.0, 21184.0, 21159.0, 21173.0, 21191.0, 21173.0, 21199.0, 21188.0, 21179.0, 21200.0, 21225.0, 21246.0, 21261.0, 21256.0, 21290.0, 21294.0, 21269.0, 21255.0, 21289.0, 21280.0, 21283.0, 21302.0, 21298.0, 21328.0, 21332.0, 21310.0, 21329.0, 21294.0, 21253.0, 21238.0, 21229.0, 21220.0, 21200.0, 21287.0, 21170.0, 21183.0, 21168.0, 21165.0, 21159.0, 21182.0, 21148.0, 21180.0, 21126.0, 21154.0, 21168.0, 21150.0, 21177.0, 21159.0, 21178.0, 21215.0, 21208.0, 21203.0, 21197.0, 21194.0, 21191.0, 21195.0, 21176.0, 21166.0, 21160.0, 21174.0, 21217.0, 21196.0, 21247.0, 21227.0, 21258.0, 21231.0, 21279.0, 21311.0, 21314.0, 21369.0, 21315.0, 21281.0, 21298.0, 21285.0, 21310.0, 21351.0, 21348.0, 21315.0, 21352.0, 21343.0, 21304.0, 21247.0, 21284.0, 21223.0, 21251.0, 21214.0, 21214.0, 21140.0, 21159.0, 21175.0, 21089.0, 21139.0, 21117.0, 21095.0, 21126.0, 21111.0, 21119.0, 21152.0, 21164.0, 21185.0, 21173.0, 21160.0, 21181.0, 21148.0, 21172.0, 21194.0, 21184.0, 21176.0, 21190.0, 21236.0, 21203.0, 21197.0, 21161.0, 21176.0, 21216.0, 21215.0, 21245.0, 21269.0, 21303.0, 21299.0, 21276.0, 21314.0]}, "slices": {}}}