{"AcquisitionMatrixPE": 96, "AcquisitionNumber": 1, "AcquisitionTime": "07:32:10.945000", "BandwidthPerPixelPhaseEncode": 33.602, "BaseResolution": 96, "BodyPartExamined": "BRAIN", "ConsistencyInfo": "N4_VD11D_LATEST_20110129", "ConversionSoftware": "dcm2niix", "ConversionSoftwareVersion": "v1.0.20210317", "DerivedVendorReportedEchoSpacing": 0.000620003, "DeviceSerialNumber": "45239", "DwellTime": 2.6e-06, "EchoTime": 0.03, "EchoTrainLength": 48, "EffectiveEchoSpacing": 0.000310001, "FlipAngle": 63, "ImageComments": "Unaliased MB4/PE3", "ImageOrientationPatientDICOM": [0.999807, -0.0173613, 0.00915356, 0.0196266, 0.884411, -0.466297], "ImageType": ["ORIGINAL", "PRIMARY", "M", "ND", "NORM", "MOSAIC"], "ImagingFrequency": 123.193, "InPlanePhaseEncodingDirectionDICOM": "COL", "InstitutionAddress": "E 24th St. 100,Austin,Southmiddle,US,78712", "InstitutionName": "Univ of Texas at Austin", "InstitutionalDepartmentName": "IRC", "MRAcquisitionType": "2D", "MagneticFieldStrength": 3, "Manufacturer": "Siemens", "ManufacturersModelName": "Skyra", "Modality": "MR", "MultibandAccelerationFactor": 4, "ParallelReductionFactorInPlane": 2, "PartialFourier": 1, "PatientPosition": "HFS", "PercentPhaseFOV": 100, "PercentSampling": 100, "PhaseEncodingDirection": "j-", "PhaseEncodingSteps": 96, "PhaseResolution": 1, "PixelBandwidth": 2005, "ProcedureStepDescription": "Poldrack2^self-scanning", "ProtocolName": "Resting State fMRI MBEPI_matrix96_BW2004", "PulseSequenceDetails": "%CustomerSeq%\\cmrr_mbep2d_bold", "ReceiveCoilActiveElements": "HEA;HEP", "ReceiveCoilName": "Head_32", "ReconMatrixPE": 96, "RefLinesPE": 94, "RepetitionTime": 1.16, "SAR": 0.0965658, "ScanOptions": "FS", "ScanningSequence": "EP", "SequenceName": "epfid2d1_96", "SequenceVariant": "SK", "SeriesDescription": "Resting State fMRI MBEPI_matrix96_BW2004", "SeriesNumber": 6, "ShimSetting": [-2788, 8051, -15426, 164, -231, 176, 225, -105], "SliceThickness": 2, "SliceTiming": [0, 0.5, 0.9975, 0.3575, 0.855, 0.215, 0.7125, 0.0725, 0.57, 1.0675, 0.4275, 0.925, 0.285, 0.7825, 0.1425, 0.6425, 0, 0.5, 0.9975, 0.3575, 0.855, 0.215, 0.7125, 0.0725, 0.57, 1.0675, 0.4275, 0.925, 0.285, 0.7825, 0.1425, 0.6425, 0, 0.5, 0.9975, 0.3575, 0.855, 0.215, 0.7125, 0.0725, 0.57, 1.0675, 0.4275, 0.925, 0.285, 0.7825, 0.1425, 0.6425, 0, 0.5, 0.9975, 0.3575, 0.855, 0.215, 0.7125, 0.0725, 0.57, 1.0675, 0.4275, 0.925, 0.285, 0.7825, 0.1425, 0.6425], "SoftwareVersions": "syngo MR D11", "SpacingBetweenSlices": 2.4, "StationName": "AWP45239", "TaskName": "Resting fmri", "TotalReadoutTime": 0.0294501, "TxRefAmp": 336.114, "WipMemBlock": "e52d9f2c-09ef-4095-9b6b-dac82139f1b6||Sequence: VD11D r206; Feb 13 2013 18:52:04 by eja", "dcmmeta_affine": [[-2.395371675491333, 0.04702194780111313, -5.11093611876845e-09, 117.59873962402344], [0.041594721376895905, 2.1189002990722656, -1.1193279027938843, -86.70193481445312], [0.021930404007434845, 1.1171693801879883, 2.1229941844940186, -84.29339599609375], [0.0, 0.0, 0.0, 1.0]], "dcmmeta_reorient_transform": [[0.0, -1.0, 0.0, 95.0], [1.0, 0.0, 0.0, 0.0], [0.0, 0.0, 1.0, 0.0], [0.0, 0.0, 0.0, 1.0]], "dcmmeta_shape": [96, 96, 64, 518], "dcmmeta_slice_dim": 2, "dcmmeta_version": 0.6, "global": {"const": {"AcquisitionMatrix": [96, 0, 0, 96], "AngioFlag": "N", "BitsAllocated": 16, "BitsStored": 16, "BodyPartExamined": "BRAIN", "Columns": 768, "EchoNumbers": 1, "EchoTime": 30.0, "EchoTrainLength": 48, "FlipAngle": 63.0, "HighBit": 15, "ImageOrientationPatient": [0.99980738067343, -0.0173612755868, 0.00915356001434, 0.01962655219179, 0.88441058351834, -0.4662968134245], "ImagePositionPatient": [-942.71011020579, -812.56825996299, 389.83800118654], "ImageType": ["ORIGINAL", "PRIMARY", "M", "ND", "NORM", "MOSAIC"], "ImagedNucleus": "1H", "ImagingFrequency": 123.193252, "InPlanePhaseEncodingDirection": "COL", "MRAcquisitionType": "2D", "MagneticFieldStrength": 3.0, "Manufacturer": "SIEMENS", "ManufacturerModelName": "Skyra", "Modality": "MR", "NumberOfAverages": 1.0, "NumberOfPhaseEncodingSteps": 96, "PercentPhaseFieldOfView": 100.0, "PercentSampling": 100.0, "PerformedProcedureStepStartTime": "072435.109000", "PhotometricInterpretation": "MONOCHROME2", "PixelBandwidth": 2005.0, "PixelRepresentation": 0, "PixelSpacing": [2.3958332538605, 2.3958332538605], "ProtocolName": "Resting State fMRI MBEPI_matrix96_BW2004", "RepetitionTime": 1160.0, "Rows": 768, "SAR": 0.09656583638305, "SamplesPerPixel": 1, "ScanOptions": "FS", "ScanningSequence": "EP", "SequenceName": "epfid2d1_96", "SequenceVariant": "SK", "SeriesDescription": "Resting State fMRI MBEPI_matrix96_BW2004", "SeriesNumber": 6, "SeriesTime": "073248.937000", "SliceLocation": -34.127711829998, "SliceThickness": 2.0, "SmallestImagePixelValue": 0, "SoftwareVersions": "syngo MR D11", "SpacingBetweenSlices": 2.3999999391519, "SpecificCharacterSet": "ISO_IR 100", "StudyID": "1", "StudyTime": "072435.046000", "TransmitCoilName": "Body", "VariableFlipAngleFlag": "N", "WindowCenterWidthExplanation": "Algo1", "dBdt": 0.0}, "slices": {}}, "time": {"samples": {"AcquisitionNumber": [1, 2, 3, 4, 5, 6, 7, 8, 9, 10, 11, 12, 13, 14, 15, 16, 17, 18, 19, 20, 21, 22, 23, 24, 25, 26, 27, 28, 29, 30, 31, 32, 33, 34, 35, 36, 37, 38, 39, 40, 41, 42, 43, 44, 45, 46, 47, 48, 49, 50, 51, 52, 53, 54, 55, 56, 57, 58, 59, 60, 61, 62, 63, 64, 65, 66, 67, 68, 69, 70, 71, 72, 73, 74, 75, 76, 77, 78, 79, 80, 81, 82, 83, 84, 85, 86, 87, 88, 89, 90, 91, 92, 93, 94, 95, 96, 97, 98, 99, 100, 101, 102, 103, 104, 105, 106, 107, 108, 109, 110, 111, 112, 113, 114, 115, 116, 117, 118, 119, 120, 121, 122, 123, 124, 125, 126, 127, 128, 129, 130, 131, 132, 133, 134, 135, 136, 137, 138, 139, 140, 141, 142, 143, 144, 145, 146, 147, 148, 149, 150, 151, 152, 153, 154, 155, 156, 157, 158, 159, 160, 161, 162, 163, 164, 165, 166, 167, 168, 169, 170, 171, 172, 173, 174, 175, 176, 177, 178, 179, 180, 181, 182, 183, 184, 185, 186, 187, 188, 189, 190, 191, 192, 193, 194, 195, 196, 197, 198, 199, 200, 201, 202, 203, 204, 205, 206, 207, 208, 209, 210, 211, 212, 213, 214, 215, 216, 217, 218, 219, 220, 221, 222, 223, 224, 225, 226, 227, 228, 229, 230, 231, 232, 233, 234, 235, 236, 237, 238, 239, 240, 241, 242, 243, 244, 245, 246, 247, 248, 249, 250, 251, 252, 253, 254, 255, 256, 257, 258, 259, 260, 261, 262, 263, 264, 265, 266, 267, 268, 269, 270, 271, 272, 273, 274, 275, 276, 277, 278, 279, 280, 281, 282, 283, 284, 285, 286, 287, 288, 289, 290, 291, 292, 293, 294, 295, 296, 297, 298, 299, 300, 301, 302, 303, 304, 305, 306, 307, 308, 309, 310, 311, 312, 313, 314, 315, 316, 317, 318, 319, 320, 321, 322, 323, 324, 325, 326, 327, 328, 329, 330, 331, 332, 333, 334, 335, 336, 337, 338, 339, 340, 341, 342, 343, 344, 345, 346, 347, 348, 349, 350, 351, 352, 353, 354, 355, 356, 357, 358, 359, 360, 361, 362, 363, 364, 365, 366, 367, 368, 369, 370, 371, 372, 373, 374, 375, 376, 377, 378, 379, 380, 381, 382, 383, 384, 385, 386, 387, 388, 389, 390, 391, 392, 393, 394, 395, 396, 397, 398, 399, 400, 401, 402, 403, 404, 405, 406, 407, 408, 409, 410, 411, 412, 413, 414, 415, 416, 417, 418, 419, 420, 421, 422, 423, 424, 425, 426, 427, 428, 429, 430, 431, 432, 433, 434, 435, 436, 437, 438, 439, 440, 441, 442, 443, 444, 445, 446, 447, 448, 449, 450, 451, 452, 453, 454, 455, 456, 457, 458, 459, 460, 461, 462, 463, 464, 465, 466, 467, 468, 469, 470, 471, 472, 473, 474, 475, 476, 477, 478, 479, 480, 481, 482, 483, 484, 485, 486, 487, 488, 489, 490, 491, 492, 493, 494, 495, 496, 497, 498, 499, 500, 501, 502, 503, 504, 505, 506, 507, 508, 509, 510, 511, 512, 513, 514, 515, 516, 517, 518], "AcquisitionTime": ["073210.945000", "073239.945000", "073241.105000", "073242.265000", "073243.425000", "073244.585000", "073245.745000", "073246.905000", "073248.065000", "073249.225000", "073250.385000", "073251.545000", "073252.705000", "073253.865000", "073255.025000", "073256.185000", "073257.345000", "073258.505000", "073259.665000", "073300.825000", "073301.985000", "073303.145000", "073304.305000", "073305.465000", "073306.625000", "073307.785000", "073308.945000", "073310.105000", "073311.265000", "073312.425000", "073313.585000", "073314.745000", "073315.905000", "073317.065000", "073318.225000", "073319.385000", "073320.545000", "073321.705000", "073322.865000", "073324.025000", "073325.185000", "073326.345000", "073327.505000", "073328.665000", "073329.825000", "073330.985000", "073332.145000", "073333.305000", "073334.465000", "073335.625000", "073336.785000", "073337.945000", "073339.105000", "073340.265000", "073341.425000", "073342.585000", "073343.745000", "073344.905000", "073346.065000", "073347.225000", "073348.385000", "073349.545000", "073350.705000", "073351.865000", "073353.025000", "073354.185000", "073355.345000", "073356.505000", "073357.665000", "073358.825000", "073359.985000", "073401.145000", "073402.305000", "073403.465000", "073404.625000", "073405.785000", "073406.945000", "073408.105000", "073409.265000", "073410.425000", "073411.585000", "073412.745000", "073413.905000", "073415.065000", "073416.225000", "073417.385000", "073418.545000", "073419.705000", "073420.865000", "073422.025000", "073423.185000", "073424.345000", "073425.505000", "073426.665000", "073427.825000", "073428.985000", "073430.145000", "073431.305000", "073432.467500", "073433.627500", "073434.787500", "073435.947500", "073437.107500", "073438.267500", "073439.427500", "073440.587500", "073441.747500", "073442.907500", "073444.067500", "073445.227500", "073446.387500", "073447.547500", "073448.707500", "073449.867500", "073451.027500", "073452.187500", "073453.347500", "073454.507500", "073455.667500", "073456.827500", "073457.987500", "073459.147500", "073500.307500", "073501.467500", "073502.627500", "073503.787500", "073504.947500", "073506.107500", "073507.267500", "073508.427500", "073509.587500", "073510.747500", "073511.907500", "073513.067500", "073514.227500", "073515.387500", "073516.547500", "073517.707500", "073518.867500", "073520.027500", "073521.187500", "073522.347500", "073523.507500", "073524.667500", "073525.827500", "073526.987500", "073528.147500", "073529.307500", "073530.467500", "073531.627500", "073532.787500", "073533.947500", "073535.107500", "073536.267500", "073537.427500", "073538.587500", "073539.747500", "073540.907500", "073542.067500", "073543.227500", "073544.387500", "073545.547500", "073546.707500", "073547.867500", "073549.027500", "073550.187500", "073551.347500", "073552.507500", "073553.667500", "073554.827500", "073555.987500", "073557.147500", "073558.307500", "073559.467500", "073600.627500", "073601.787500", "073602.947500", "073604.107500", "073605.267500", "073606.427500", "073607.587500", "073608.747500", "073609.907500", "073611.067500", "073612.227500", "073613.387500", "073614.547500", "073615.707500", "073616.867500", "073618.027500", "073619.187500", "073620.347500", "073621.507500", "073622.667500", "073623.827500", "073624.987500", "073626.147500", "073627.307500", "073628.467500", "073629.627500", "073630.787500", "073631.947500", "073633.107500", "073634.267500", "073635.427500", "073636.587500", "073637.747500", "073638.907500", "073640.067500", "073641.227500", "073642.387500", "073643.547500", "073644.707500", "073645.867500", "073647.027500", "073648.187500", "073649.347500", "073650.507500", "073651.667500", "073652.827500", "073653.987500", "073655.147500", "073656.307500", "073657.467500", "073658.627500", "073659.787500", "073700.947500", "073702.107500", "073703.267500", "073704.427500", "073705.587500", "073706.747500", "073707.907500", "073709.067500", "073710.227500", "073711.387500", "073712.547500", "073713.707500", "073714.867500", "073716.027500", "073717.187500", "073718.347500", "073719.507500", "073720.667500", "073721.827500", "073722.987500", "073724.147500", "073725.307500", "073726.467500", "073727.627500", "073728.787500", "073729.947500", "073731.107500", "073732.267500", "073733.427500", "073734.587500", "073735.747500", "073736.907500", "073738.067500", "073739.227500", "073740.387500", "073741.547500", "073742.707500", "073743.867500", "073745.027500", "073746.187500", "073747.347500", "073748.507500", "073749.667500", "073750.827500", "073751.987500", "073753.147500", "073754.307500", "073755.467500", "073756.627500", "073757.787500", "073758.947500", "073800.107500", "073801.267500", "073802.427500", "073803.587500", "073804.747500", "073805.907500", "073807.067500", "073808.227500", "073809.387500", "073810.547500", "073811.707500", "073812.867500", "073814.027500", "073815.187500", "073816.347500", "073817.507500", "073818.667500", "073819.827500", "073820.987500", "073822.147500", "073823.307500", "073824.467500", "073825.627500", "073826.787500", "073827.947500", "073829.107500", "073830.267500", "073831.427500", "073832.587500", "073833.747500", "073834.907500", "073836.067500", "073837.227500", "073838.387500", "073839.547500", "073840.707500", "073841.867500", "073843.027500", "073844.187500", "073845.347500", "073846.507500", "073847.667500", "073848.827500", "073849.987500", "073851.147500", "073852.307500", "073853.467500", "073854.627500", "073855.787500", "073856.947500", "073858.107500", "073859.267500", "073900.427500", "073901.587500", "073902.747500", "073903.907500", "073905.067500", "073906.227500", "073907.387500", "073908.547500", "073909.707500", "073910.867500", "073912.027500", "073913.187500", "073914.347500", "073915.507500", "073916.667500", "073917.827500", "073918.987500", "073920.147500", "073921.307500", "073922.470000", "073923.630000", "073924.790000", "073925.950000", "073927.110000", "073928.270000", "073929.430000", "073930.590000", "073931.750000", "073932.910000", "073934.070000", "073935.230000", "073936.390000", "073937.550000", "073938.710000", "073939.870000", "073941.030000", "073942.190000", "073943.350000", "073944.510000", "073945.670000", "073946.830000", "073947.990000", "073949.150000", "073950.310000", "073951.470000", "073952.630000", "073953.790000", "073954.950000", "073956.110000", "073957.270000", "073958.430000", "073959.590000", "074000.750000", "074001.910000", "074003.070000", "074004.230000", "074005.390000", "074006.550000", "074007.710000", "074008.870000", "074010.030000", "074011.190000", "074012.350000", "074013.510000", "074014.670000", "074015.830000", "074016.990000", "074018.150000", "074019.310000", "074020.470000", "074021.630000", "074022.790000", "074023.950000", "074025.110000", "074026.270000", "074027.430000", "074028.590000", "074029.750000", "074030.910000", "074032.070000", "074033.230000", "074034.390000", "074035.550000", "074036.710000", "074037.870000", "074039.030000", "074040.190000", "074041.350000", "074042.510000", "074043.670000", "074044.830000", "074045.990000", "074047.150000", "074048.310000", "074049.470000", "074050.630000", "074051.790000", "074052.950000", "074054.110000", "074055.270000", "074056.430000", "074057.590000", "074058.750000", "074059.910000", "074101.070000", "074102.230000", "074103.390000", "074104.550000", "074105.710000", "074106.870000", "074108.030000", "074109.190000", "074110.350000", "074111.510000", "074112.670000", "074113.830000", "074114.990000", "074116.150000", "074117.310000", "074118.470000", "074119.630000", "074120.790000", "074121.950000", "074123.110000", "074124.270000", "074125.430000", "074126.590000", "074127.750000", "074128.910000", "074130.070000", "074131.230000", "074132.390000", "074133.550000", "074134.710000", "074135.870000", "074137.030000", "074138.190000", "074139.350000", "074140.510000", "074141.670000", "074142.830000", "074143.990000", "074145.150000", "074146.310000", "074147.470000", "074148.630000", "074149.790000", "074150.950000", "074152.110000", "074153.270000", "074154.430000", "074155.590000", "074156.750000", "074157.910000", "074159.070000", "074200.230000", "074201.390000", "074202.550000", "074203.710000", "074204.870000", "074206.030000", "074207.190000", "074208.350000", "074209.510000", "074210.670000", "074211.830000", "074212.990000", "074214.150000", "074215.310000", "074216.470000", "074217.630000", "074218.790000", "074219.950000", "074221.110000", "074222.270000", "074223.430000", "074224.590000", "074225.750000", "074226.910000", "074228.070000", "074229.230000", "074230.390000", "074231.550000", "074232.710000", "074233.870000", "074235.030000", "074236.190000", "074237.350000", "074238.510000"], "ContentTime": ["073248.953000", "073256.625000", "073256.625000", "073256.625000", "073256.625000", "073256.625000", "073256.640000", "073301.625000", "073301.625000", "073301.625000", "073306.625000", "073306.625000", "073306.640000", "073306.640000", "073311.625000", "073311.625000", "073311.625000", "073311.625000", "073316.625000", "073316.625000", "073316.625000", "073316.625000", "073321.625000", "073321.625000", "073321.625000", "073326.625000", "073326.625000", "073326.625000", "073326.625000", "073331.625000", "073331.625000", "073331.625000", "073331.625000", "073336.625000", "073336.625000", "073336.625000", "073336.625000", "073341.625000", "073341.625000", "073341.625000", "073346.625000", "073346.625000", "073346.625000", "073346.640000", "073351.625000", "073351.625000", "073351.625000", "073351.625000", "073356.625000", "073356.625000", "073356.625000", "073401.625000", "073401.625000", "073401.625000", "073401.625000", "073406.625000", "073406.625000", "073406.625000", "073406.625000", "073411.625000", "073411.625000", "073411.625000", "073411.625000", "073416.625000", "073416.625000", "073416.625000", "073421.625000", "073421.625000", "073421.625000", "073421.625000", "073426.625000", "073426.625000", "073426.625000", "073426.625000", "073431.625000", "073431.625000", "073431.625000", "073436.625000", "073436.625000", "073436.625000", "073436.625000", "073441.625000", "073441.625000", "073441.625000", "073441.625000", "073446.625000", "073446.625000", "073446.625000", "073451.625000", "073451.625000", "073451.625000", "073451.625000", "073456.625000", "073456.625000", "073456.625000", "073456.625000", "073501.625000", "073501.625000", "073501.625000", "073506.625000", "073506.625000", "073506.625000", "073506.625000", "073511.625000", "073511.625000", "073511.625000", "073516.625000", "073516.625000", "073516.625000", "073516.625000", "073521.625000", "073521.625000", "073521.625000", "073521.625000", "073526.625000", "073526.625000", "073526.625000", "073526.625000", "073531.625000", "073531.625000", "073531.625000", "073536.625000", "073536.625000", "073536.640000", "073536.640000", "073541.625000", "073541.625000", "073541.625000", "073541.625000", "073546.625000", "073546.625000", "073546.625000", "073546.625000", "073551.625000", "073551.625000", "073551.625000", "073551.625000", "073556.625000", "073556.625000", "073556.625000", "073556.625000", "073601.625000", "073601.625000", "073601.625000", "073601.625000", "073606.625000", "073606.625000", "073606.625000", "073611.625000", "073611.625000", "073611.625000", "073611.625000", "073616.625000", "073616.625000", "073616.625000", "073616.625000", "073621.625000", "073621.625000", "073621.625000", "073626.625000", "073626.640000", "073626.640000", "073626.640000", "073631.625000", "073631.625000", "073631.625000", "073631.625000", "073636.625000", "073636.625000", "073636.625000", "073636.625000", "073641.625000", "073641.625000", "073641.625000", "073646.625000", "073646.625000", "073646.625000", "073646.625000", "073651.625000", "073651.625000", "073651.625000", "073651.625000", "073656.625000", "073656.625000", "073656.625000", "073701.625000", "073701.625000", "073701.625000", "073701.625000", "073706.625000", "073706.625000", "073706.625000", "073706.640000", "073711.625000", "073711.625000", "073711.625000", "073711.625000", "073716.625000", "073716.625000", "073716.625000", "073716.625000", "073721.625000", "073721.625000", "073721.625000", "073726.625000", "073726.625000", "073726.625000", "073726.625000", "073731.625000", "073731.625000", "073731.625000", "073731.625000", "073736.625000", "073736.625000", "073736.625000", "073736.625000", "073741.625000", "073741.625000", "073741.625000", "073746.625000", "073746.625000", "073746.625000", "073746.625000", "073751.625000", "073751.625000", "073751.625000", "073751.625000", "073756.625000", "073756.625000", "073756.625000", "073756.625000", "073801.625000", "073801.625000", "073801.625000", "073801.625000", "073806.625000", "073806.625000", "073806.625000", "073811.625000", "073811.625000", "073811.625000", "073811.640000", "073816.625000", "073816.625000", "073816.625000", "073816.625000", "073821.625000", "073821.625000", "073821.625000", "073821.625000", "073826.625000", "073826.625000", "073826.625000", "073826.625000", "073831.625000", "073831.625000", "073831.625000", "073836.625000", "073836.625000", "073836.625000", "073836.625000", "073841.625000", "073841.625000", "073841.625000", "073841.625000", "073846.625000", "073846.625000", "073846.625000", "073846.625000", "073851.625000", "073851.625000", "073851.625000", "073851.625000", "073856.625000", "073856.625000", "073856.625000", "073856.640000", "073901.625000", "073901.625000", "073901.625000", "073901.625000", "073906.625000", "073906.625000", "073906.625000", "073911.625000", "073911.625000", "073911.625000", "073911.625000", "073916.625000", "073916.625000", "073916.625000", "073916.640000", "073921.625000", "073921.625000", "073921.625000", "073926.625000", "073926.625000", "073926.625000", "073926.625000", "073931.625000", "073931.625000", "073931.625000", "073931.625000", "073936.625000", "073936.625000", "073936.625000", "073936.640000", "073941.625000", "073941.625000", "073941.625000", "073941.625000", "073946.625000", "073946.625000", "073946.625000", "073951.625000", "073951.625000", "073951.625000", "073951.625000", "073956.625000", "073956.625000", "073956.625000", "073956.625000", "074001.625000", "074001.625000", "074001.625000", "074001.625000", "074006.625000", "074006.625000", "074006.625000", "074011.625000", "074011.625000", "074011.625000", "074011.640000", "074016.625000", "074016.625000", "074016.625000", "074016.625000", "074021.625000", "074021.625000", "074021.625000", "074026.625000", "074026.625000", "074026.625000", "074026.625000", "074031.625000", "074031.625000", "074031.625000", "074031.625000", "074036.625000", "074036.625000", "074036.625000", "074036.625000", "074046.625000", "074046.625000", "074046.625000", "074046.625000", "074046.625000", "074046.640000", "074046.640000", "074046.656000", "074051.625000", "074051.625000", "074051.625000", "074051.625000", "074056.625000", "074056.625000", "074056.625000", "074101.625000", "074101.625000", "074101.625000", "074101.625000", "074106.625000", "074106.625000", "074106.625000", "074106.625000", "074111.625000", "074111.625000", "074111.625000", "074111.625000", "074116.625000", "074116.625000", "074116.625000", "074116.640000", "074121.625000", "074121.625000", "074121.625000", "074121.640000", "074126.625000", "074126.625000", "074126.625000", "074131.625000", "074131.625000", "074131.625000", "074131.625000", "074136.625000", "074136.625000", "074136.625000", "074136.625000", "074141.625000", "074141.625000", "074141.625000", "074141.625000", "074146.625000", "074146.625000", "074146.625000", "074146.640000", "074151.625000", "074151.625000", "074151.625000", "074151.625000", "074156.625000", "074156.625000", "074156.625000", "074156.625000", "074201.625000", "074201.625000", "074201.625000", "074206.625000", "074206.625000", "074206.625000", "074206.625000", "074211.625000", "074211.625000", "074211.625000", "074211.625000", "074216.625000", "074216.625000", "074216.625000", "074216.625000", "074221.625000", "074221.625000", "074221.625000", "074221.625000", "074226.625000", "074226.625000", "074226.625000", "074231.625000", "074231.625000", "074231.625000", "074231.625000", "074236.625000", "074236.625000", "074236.625000", "074236.625000", "074241.625000", "074241.625000", "074241.625000", "074241.625000", "074246.625000", "074246.625000", "074246.640000", "074246.640000", "074251.625000", "074251.625000", "074251.640000", "074251.640000", "074256.625000", "074256.625000", "074256.625000", "074256.625000", "074301.625000", "074301.625000", "074301.625000", "074301.625000", "074306.625000", "074306.625000", "074306.625000", "074306.625000", "074311.625000", "074311.625000", "074311.625000", "074311.625000", "074316.625000", "074316.625000", "074316.625000", "074316.625000", "074321.625000", "074321.625000", "074321.625000", "074321.625000", "074326.625000", "074326.625000", "074326.625000", "074331.625000", "074331.625000", "074331.625000", "074331.640000", "074336.625000", "074336.625000", "074336.625000", "074336.625000", "074341.625000", "074341.625000", "074341.625000", "074341.625000", "074346.625000", "074346.625000", "074346.625000", "074346.640000", "074351.625000", "074351.625000", "074351.625000", "074356.625000", "074356.625000", "074356.625000", "074356.625000", "074401.625000", "074401.625000", "074401.625000", "074401.640000", "074406.625000", "074406.625000", "074406.625000", "074406.625000", "074411.453000", "074411.453000", "074411.468000", "074411.468000"], "InstanceCreationTime": ["073248.953000", "073256.625000", "073256.625000", "073256.625000", "073256.625000", "073256.625000", "073256.640000", "073301.625000", "073301.625000", "073301.625000", "073306.625000", "073306.625000", "073306.640000", "073306.640000", "073311.625000", "073311.625000", "073311.625000", "073311.625000", "073316.625000", "073316.625000", "073316.625000", "073316.625000", "073321.625000", "073321.625000", "073321.625000", "073326.625000", "073326.625000", "073326.625000", "073326.625000", "073331.625000", "073331.625000", "073331.625000", "073331.625000", "073336.625000", "073336.625000", "073336.625000", "073336.625000", "073341.625000", "073341.625000", "073341.625000", "073346.625000", "073346.625000", "073346.625000", "073346.640000", "073351.625000", "073351.625000", "073351.625000", "073351.625000", "073356.625000", "073356.625000", "073356.625000", "073401.625000", "073401.625000", "073401.625000", "073401.625000", "073406.625000", "073406.625000", "073406.625000", "073406.625000", "073411.625000", "073411.625000", "073411.625000", "073411.625000", "073416.625000", "073416.625000", "073416.625000", "073421.625000", "073421.625000", "073421.625000", "073421.625000", "073426.625000", "073426.625000", "073426.625000", "073426.625000", "073431.625000", "073431.625000", "073431.625000", "073436.625000", "073436.625000", "073436.625000", "073436.625000", "073441.625000", "073441.625000", "073441.625000", "073441.625000", "073446.625000", "073446.625000", "073446.625000", "073451.625000", "073451.625000", "073451.625000", "073451.625000", "073456.625000", "073456.625000", "073456.625000", "073456.625000", "073501.625000", "073501.625000", "073501.625000", "073506.625000", "073506.625000", "073506.625000", "073506.625000", "073511.625000", "073511.625000", "073511.625000", "073516.625000", "073516.625000", "073516.625000", "073516.625000", "073521.625000", "073521.625000", "073521.625000", "073521.625000", "073526.625000", "073526.625000", "073526.625000", "073526.625000", "073531.625000", "073531.625000", "073531.625000", "073536.625000", "073536.625000", "073536.640000", "073536.640000", "073541.625000", "073541.625000", "073541.625000", "073541.625000", "073546.625000", "073546.625000", "073546.625000", "073546.625000", "073551.625000", "073551.625000", "073551.625000", "073551.625000", "073556.625000", "073556.625000", "073556.625000", "073556.625000", "073601.625000", "073601.625000", "073601.625000", "073601.625000", "073606.625000", "073606.625000", "073606.625000", "073611.625000", "073611.625000", "073611.625000", "073611.625000", "073616.625000", "073616.625000", "073616.625000", "073616.625000", "073621.625000", "073621.625000", "073621.625000", "073626.625000", "073626.640000", "073626.640000", "073626.640000", "073631.625000", "073631.625000", "073631.625000", "073631.625000", "073636.625000", "073636.625000", "073636.625000", "073636.625000", "073641.625000", "073641.625000", "073641.625000", "073646.625000", "073646.625000", "073646.625000", "073646.625000", "073651.625000", "073651.625000", "073651.625000", "073651.625000", "073656.625000", "073656.625000", "073656.625000", "073701.625000", "073701.625000", "073701.625000", "073701.625000", "073706.625000", "073706.625000", "073706.625000", "073706.640000", "073711.625000", "073711.625000", "073711.625000", "073711.625000", "073716.625000", "073716.625000", "073716.625000", "073716.625000", "073721.625000", "073721.625000", "073721.625000", "073726.625000", "073726.625000", "073726.625000", "073726.625000", "073731.625000", "073731.625000", "073731.625000", "073731.625000", "073736.625000", "073736.625000", "073736.625000", "073736.625000", "073741.625000", "073741.625000", "073741.625000", "073746.625000", "073746.625000", "073746.625000", "073746.625000", "073751.625000", "073751.625000", "073751.625000", "073751.625000", "073756.625000", "073756.625000", "073756.625000", "073756.625000", "073801.625000", "073801.625000", "073801.625000", "073801.625000", "073806.625000", "073806.625000", "073806.625000", "073811.625000", "073811.625000", "073811.625000", "073811.640000", "073816.625000", "073816.625000", "073816.625000", "073816.625000", "073821.625000", "073821.625000", "073821.625000", "073821.625000", "073826.625000", "073826.625000", "073826.625000", "073826.625000", "073831.625000", "073831.625000", "073831.625000", "073836.625000", "073836.625000", "073836.625000", "073836.625000", "073841.625000", "073841.625000", "073841.625000", "073841.625000", "073846.625000", "073846.625000", "073846.625000", "073846.625000", "073851.625000", "073851.625000", "073851.625000", "073851.625000", "073856.625000", "073856.625000", "073856.625000", "073856.640000", "073901.625000", "073901.625000", "073901.625000", "073901.625000", "073906.625000", "073906.625000", "073906.625000", "073911.625000", "073911.625000", "073911.625000", "073911.625000", "073916.625000", "073916.625000", "073916.625000", "073916.640000", "073921.625000", "073921.625000", "073921.625000", "073926.625000", "073926.625000", "073926.625000", "073926.625000", "073931.625000", "073931.625000", "073931.625000", "073931.625000", "073936.625000", "073936.625000", "073936.625000", "073936.640000", "073941.625000", "073941.625000", "073941.625000", "073941.625000", "073946.625000", "073946.625000", "073946.625000", "073951.625000", "073951.625000", "073951.625000", "073951.625000", "073956.625000", "073956.625000", "073956.625000", "073956.625000", "074001.625000", "074001.625000", "074001.625000", "074001.625000", "074006.625000", "074006.625000", "074006.625000", "074011.625000", "074011.625000", "074011.625000", "074011.640000", "074016.625000", "074016.625000", "074016.625000", "074016.625000", "074021.625000", "074021.625000", "074021.625000", "074026.625000", "074026.625000", "074026.625000", "074026.625000", "074031.625000", "074031.625000", "074031.625000", "074031.625000", "074036.625000", "074036.625000", "074036.625000", "074036.625000", "074046.625000", "074046.625000", "074046.625000", "074046.625000", "074046.625000", "074046.640000", "074046.640000", "074046.656000", "074051.625000", "074051.625000", "074051.625000", "074051.625000", "074056.625000", "074056.625000", "074056.625000", "074101.625000", "074101.625000", "074101.625000", "074101.625000", "074106.625000", "074106.625000", "074106.625000", "074106.625000", "074111.625000", "074111.625000", "074111.625000", "074111.625000", "074116.625000", "074116.625000", "074116.625000", "074116.640000", "074121.625000", "074121.625000", "074121.625000", "074121.640000", "074126.625000", "074126.625000", "074126.625000", "074131.625000", "074131.625000", "074131.625000", "074131.625000", "074136.625000", "074136.625000", "074136.625000", "074136.625000", "074141.625000", "074141.625000", "074141.625000", "074141.625000", "074146.625000", "074146.625000", "074146.625000", "074146.640000", "074151.625000", "074151.625000", "074151.625000", "074151.625000", "074156.625000", "074156.625000", "074156.625000", "074156.625000", "074201.625000", "074201.625000", "074201.625000", "074206.625000", "074206.625000", "074206.625000", "074206.625000", "074211.625000", "074211.625000", "074211.625000", "074211.625000", "074216.625000", "074216.625000", "074216.625000", "074216.625000", "074221.625000", "074221.625000", "074221.625000", "074221.625000", "074226.625000", "074226.625000", "074226.625000", "074231.625000", "074231.625000", "074231.625000", "074231.625000", "074236.625000", "074236.625000", "074236.625000", "074236.625000", "074241.625000", "074241.625000", "074241.625000", "074241.625000", "074246.625000", "074246.625000", "074246.640000", "074246.640000", "074251.625000", "074251.625000", "074251.640000", "074251.640000", "074256.625000", "074256.625000", "074256.625000", "074256.625000", "074301.625000", "074301.625000", "074301.625000", "074301.625000", "074306.625000", "074306.625000", "074306.625000", "074306.625000", "074311.625000", "074311.625000", "074311.625000", "074311.625000", "074316.625000", "074316.625000", "074316.625000", "074316.625000", "074321.625000", "074321.625000", "074321.625000", "074321.625000", "074326.625000", "074326.625000", "074326.625000", "074331.625000", "074331.625000", "074331.625000", "074331.640000", "074336.625000", "074336.625000", "074336.625000", "074336.625000", "074341.625000", "074341.625000", "074341.625000", "074341.625000", "074346.625000", "074346.625000", "074346.625000", "074346.640000", "074351.625000", "074351.625000", "074351.625000", "074356.625000", "074356.625000", "074356.625000", "074356.625000", "074401.625000", "074401.625000", "074401.625000", "074401.640000", "074406.625000", "074406.625000", "074406.625000", "074406.625000", "074411.453000", "074411.453000", "074411.468000", "074411.468000"], "InstanceNumber": [1, 2, 3, 4, 5, 6, 7, 8, 9, 10, 11, 12, 13, 14, 15, 16, 17, 18, 19, 20, 21, 22, 23, 24, 25, 26, 27, 28, 29, 30, 31, 32, 33, 34, 35, 36, 37, 38, 39, 40, 41, 42, 43, 44, 45, 46, 47, 48, 49, 50, 51, 52, 53, 54, 55, 56, 57, 58, 59, 60, 61, 62, 63, 64, 65, 66, 67, 68, 69, 70, 71, 72, 73, 74, 75, 76, 77, 78, 79, 80, 81, 82, 83, 84, 85, 86, 87, 88, 89, 90, 91, 92, 93, 94, 95, 96, 97, 98, 99, 100, 101, 102, 103, 104, 105, 106, 107, 108, 109, 110, 111, 112, 113, 114, 115, 116, 117, 118, 119, 120, 121, 122, 123, 124, 125, 126, 127, 128, 129, 130, 131, 132, 133, 134, 135, 136, 137, 138, 139, 140, 141, 142, 143, 144, 145, 146, 147, 148, 149, 150, 151, 152, 153, 154, 155, 156, 157, 158, 159, 160, 161, 162, 163, 164, 165, 166, 167, 168, 169, 170, 171, 172, 173, 174, 175, 176, 177, 178, 179, 180, 181, 182, 183, 184, 185, 186, 187, 188, 189, 190, 191, 192, 193, 194, 195, 196, 197, 198, 199, 200, 201, 202, 203, 204, 205, 206, 207, 208, 209, 210, 211, 212, 213, 214, 215, 216, 217, 218, 219, 220, 221, 222, 223, 224, 225, 226, 227, 228, 229, 230, 231, 232, 233, 234, 235, 236, 237, 238, 239, 240, 241, 242, 243, 244, 245, 246, 247, 248, 249, 250, 251, 252, 253, 254, 255, 256, 257, 258, 259, 260, 261, 262, 263, 264, 265, 266, 267, 268, 269, 270, 271, 272, 273, 274, 275, 276, 277, 278, 279, 280, 281, 282, 283, 284, 285, 286, 287, 288, 289, 290, 291, 292, 293, 294, 295, 296, 297, 298, 299, 300, 301, 302, 303, 304, 305, 306, 307, 308, 309, 310, 311, 312, 313, 314, 315, 316, 317, 318, 319, 320, 321, 322, 323, 324, 325, 326, 327, 328, 329, 330, 331, 332, 333, 334, 335, 336, 337, 338, 339, 340, 341, 342, 343, 344, 345, 346, 347, 348, 349, 350, 351, 352, 353, 354, 355, 356, 357, 358, 359, 360, 361, 362, 363, 364, 365, 366, 367, 368, 369, 370, 371, 372, 373, 374, 375, 376, 377, 378, 379, 380, 381, 382, 383, 384, 385, 386, 387, 388, 389, 390, 391, 392, 393, 394, 395, 396, 397, 398, 399, 400, 401, 402, 403, 404, 405, 406, 407, 408, 409, 410, 411, 412, 413, 414, 415, 416, 417, 418, 419, 420, 421, 422, 423, 424, 425, 426, 427, 428, 429, 430, 431, 432, 433, 434, 435, 436, 437, 438, 439, 440, 441, 442, 443, 444, 445, 446, 447, 448, 449, 450, 451, 452, 453, 454, 455, 456, 457, 458, 459, 460, 461, 462, 463, 464, 465, 466, 467, 468, 469, 470, 471, 472, 473, 474, 475, 476, 477, 478, 479, 480, 481, 482, 483, 484, 485, 486, 487, 488, 489, 490, 491, 492, 493, 494, 495, 496, 497, 498, 499, 500, 501, 502, 503, 504, 505, 506, 507, 508, 509, 510, 511, 512, 513, 514, 515, 516, 517, 518], "LargestImagePixelValue": [24960, 26344, 24595, 24520, 24353, 27757, 23971, 24555, 24117, 24421, 23969, 24055, 23935, 23760, 24013, 24038, 24069, 24446, 24296, 23967, 23984, 24027, 24087, 24015, 24423, 26988, 24009, 23963, 23975, 23944, 24251, 25078, 23984, 23853, 24092, 26386, 24043, 23828, 24169, 27020, 24078, 23906, 24066, 23852, 25603, 23984, 24077, 24417, 30323, 24365, 24082, 23952, 24023, 26813, 24315, 24229, 24129, 26489, 23879, 23796, 23863, 23782, 24351, 24276, 25052, 23954, 24691, 24076, 26133, 24115, 24124, 25545, 25199, 23973, 23709, 24089, 24448, 28080, 23925, 24100, 23929, 24011, 24106, 24381, 23913, 23943, 23902, 24020, 24189, 24260, 23950, 23804, 25219, 24021, 24404, 24060, 23718, 23872, 27525, 23692, 24542, 23927, 24324, 24062, 23835, 24056, 25891, 23860, 23891, 24345, 24062, 24014, 23871, 24125, 24064, 24397, 24208, 23986, 24055, 24024, 24171, 24216, 24279, 24060, 23996, 24027, 24110, 23903, 24232, 28225, 24106, 28779, 24025, 23893, 24175, 24244, 24173, 24306, 24174, 24021, 24068, 24335, 28272, 23949, 23856, 24008, 24193, 27223, 24085, 23954, 24104, 23777, 24059, 23991, 24227, 24091, 26703, 23921, 23926, 24027, 23815, 24350, 23991, 24174, 27108, 27048, 23902, 28840, 24089, 24166, 23860, 26092, 23810, 26428, 23853, 26522, 24250, 24301, 23910, 23877, 23815, 23819, 23857, 24051, 24358, 25551, 24015, 23953, 23999, 23893, 24146, 23790, 23970, 24984, 27126, 23947, 23730, 24144, 23845, 23757, 25955, 23673, 23952, 23878, 23635, 23807, 24041, 27890, 24010, 23872, 24273, 23745, 23610, 23662, 23695, 23772, 23960, 23726, 23789, 27158, 23982, 23934, 23561, 23662, 23671, 23676, 23903, 23789, 25736, 23708, 24648, 23645, 24825, 23879, 24430, 23756, 27858, 23641, 23561, 23773, 23767, 23851, 26862, 23752, 23748, 23544, 23849, 25032, 24426, 25459, 23742, 23757, 29117, 24556, 23888, 24140, 24524, 25846, 23833, 24128, 25860, 25386, 27811, 24242, 23677, 23785, 23698, 23708, 26034, 25134, 23742, 23798, 23797, 23804, 24239, 24908, 26564, 24516, 23947, 24297, 25103, 23801, 24191, 25300, 25223, 25430, 24986, 24243, 25218, 25301, 23523, 27507, 23665, 28121, 23741, 23572, 23782, 23651, 26643, 25331, 23685, 24586, 26210, 23616, 24173, 24734, 24981, 26268, 23702, 25357, 23733, 25202, 23601, 23589, 25420, 28522, 25579, 23604, 26589, 23711, 26807, 25146, 26384, 25423, 26177, 27082, 24783, 25157, 25697, 25551, 23633, 23727, 23737, 25404, 24555, 26240, 25165, 25661, 25985, 28261, 23779, 24207, 24196, 23685, 23833, 23666, 26053, 23752, 26280, 25003, 24946, 25379, 23736, 25688, 24652, 25543, 23670, 23672, 23716, 23693, 24088, 23814, 24474, 24995, 27946, 27221, 28397, 26965, 27922, 25784, 26850, 24167, 24344, 24443, 25919, 23806, 24168, 24072, 23706, 23660, 23760, 23688, 23828, 23676, 24206, 24579, 24865, 25591, 23667, 23617, 23710, 23771, 23798, 23768, 23637, 23465, 24245, 24684, 24838, 23827, 24306, 23695, 23720, 23787, 28269, 23733, 27350, 23581, 23815, 23667, 23638, 23786, 23796, 25595, 23691, 25823, 27221, 30459, 25158, 24907, 25696, 28023, 27612, 23872, 27385, 24110, 24200, 24680, 23985, 24122, 26034, 25084, 25260, 23881, 23904, 23820, 24012, 23600, 24125, 25625, 23970, 25404, 24041, 24108, 24539, 23754, 25711, 24115, 24354, 24257, 23872, 23935, 24661, 23532, 23952, 23987, 23893, 23675, 24550, 24431, 26559, 23918, 26906, 24158, 24128, 24035, 23776, 24069, 24105, 25317, 24334, 24695, 24264, 25405, 26430, 26050, 24471, 27367, 24011, 26591, 24136, 25394, 25082, 24233, 24289, 24213, 24214, 24141, 24431, 24018, 25887, 24389, 29693, 24547, 24349, 25614, 24148, 24069, 24034, 24153, 24046, 28344, 27219, 24375, 25840, 24034, 26452, 25646, 27760, 25089, 25878, 24264, 25714, 25130, 27668, 27779, 24455, 25708], "WindowCenter": [10068.0, 10076.0, 10051.0, 10057.0, 10050.0, 10076.0, 10039.0, 10023.0, 10039.0, 10031.0, 10031.0, 10049.0, 10034.0, 10030.0, 10048.0, 10037.0, 10047.0, 10040.0, 10042.0, 10035.0, 10041.0, 10033.0, 10034.0, 10041.0, 10068.0, 10041.0, 10034.0, 10049.0, 10069.0, 10044.0, 10059.0, 10052.0, 10048.0, 10046.0, 10048.0, 10060.0, 10044.0, 10038.0, 10044.0, 10048.0, 10040.0, 10038.0, 10045.0, 10026.0, 10036.0, 10033.0, 10062.0, 10062.0, 10070.0, 10052.0, 10037.0, 10020.0, 10033.0, 10068.0, 10039.0, 10070.0, 10046.0, 10082.0, 10040.0, 10039.0, 10023.0, 10039.0, 10028.0, 10024.0, 10033.0, 10051.0, 10062.0, 10038.0, 10064.0, 10060.0, 10056.0, 10062.0, 10028.0, 10047.0, 10028.0, 10028.0, 10032.0, 10059.0, 10013.0, 10026.0, 10012.0, 10013.0, 10036.0, 10013.0, 10039.0, 10044.0, 10027.0, 10029.0, 10049.0, 10026.0, 10045.0, 10036.0, 10038.0, 10034.0, 10013.0, 10018.0, 10030.0, 10018.0, 10042.0, 10011.0, 10018.0, 10027.0, 10031.0, 10029.0, 10028.0, 10024.0, 10032.0, 10025.0, 10036.0, 10024.0, 10036.0, 10019.0, 10030.0, 10038.0, 10021.0, 10032.0, 10035.0, 10034.0, 10038.0, 10049.0, 10034.0, 10051.0, 10034.0, 10028.0, 10034.0, 10023.0, 10037.0, 10032.0, 10045.0, 10057.0, 10039.0, 10051.0, 10030.0, 10014.0, 10022.0, 10022.0, 10040.0, 10042.0, 10025.0, 10032.0, 10039.0, 10028.0, 10050.0, 10016.0, 10027.0, 10021.0, 10019.0, 10034.0, 10029.0, 10038.0, 10024.0, 10006.0, 10034.0, 10030.0, 10033.0, 10037.0, 10045.0, 10037.0, 10013.0, 10023.0, 10022.0, 10021.0, 10031.0, 10028.0, 10055.0, 10064.0, 10033.0, 10041.0, 10021.0, 10036.0, 10026.0, 10061.0, 10040.0, 10045.0, 10028.0, 10025.0, 10007.0, 10021.0, 10008.0, 10004.0, 10006.0, 10026.0, 10012.0, 10015.0, 10016.0, 10038.0, 10038.0, 10039.0, 10023.0, 10043.0, 10029.0, 10022.0, 10029.0, 10032.0, 10042.0, 10018.0, 10025.0, 10018.0, 10007.0, 9997.0, 9993.0, 10008.0, 10002.0, 10001.0, 10026.0, 10002.0, 9986.0, 10012.0, 10012.0, 10004.0, 10011.0, 10011.0, 10005.0, 10019.0, 10021.0, 10027.0, 10019.0, 9989.0, 10002.0, 10003.0, 9985.0, 9990.0, 10015.0, 9994.0, 10010.0, 10015.0, 10028.0, 10008.0, 10007.0, 10020.0, 10040.0, 10009.0, 10030.0, 10011.0, 10038.0, 10020.0, 10045.0, 10002.0, 10017.0, 10020.0, 10037.0, 10021.0, 10030.0, 10016.0, 10000.0, 10019.0, 10015.0, 10027.0, 10049.0, 10043.0, 10022.0, 10009.0, 10039.0, 10024.0, 10007.0, 10017.0, 10012.0, 10036.0, 10010.0, 10008.0, 10029.0, 10022.0, 10025.0, 10012.0, 10022.0, 10014.0, 10010.0, 10013.0, 10031.0, 10028.0, 9998.0, 10013.0, 10009.0, 9997.0, 10022.0, 10039.0, 10023.0, 10016.0, 10023.0, 10026.0, 10019.0, 10022.0, 10013.0, 10015.0, 10018.0, 10011.0, 10021.0, 10021.0, 10024.0, 10028.0, 9992.0, 10012.0, 9999.0, 10000.0, 9995.0, 9991.0, 9995.0, 10002.0, 10024.0, 10018.0, 10028.0, 10027.0, 10024.0, 9997.0, 10015.0, 10014.0, 10028.0, 10037.0, 10014.0, 10015.0, 10022.0, 10027.0, 10023.0, 10015.0, 10015.0, 10049.0, 10041.0, 10025.0, 10032.0, 10017.0, 10051.0, 10027.0, 10032.0, 10021.0, 10035.0, 10047.0, 10047.0, 10013.0, 10025.0, 10023.0, 9992.0, 10001.0, 9991.0, 10013.0, 10014.0, 10029.0, 10032.0, 10014.0, 10003.0, 10031.0, 9993.0, 10011.0, 10012.0, 9995.0, 10003.0, 10032.0, 10027.0, 10010.0, 10051.0, 10003.0, 10008.0, 9998.0, 9987.0, 10008.0, 10007.0, 10009.0, 9993.0, 9981.0, 9988.0, 9995.0, 10005.0, 9995.0, 10010.0, 10022.0, 10046.0, 10041.0, 10046.0, 10030.0, 10035.0, 10026.0, 10028.0, 10021.0, 10016.0, 10020.0, 10016.0, 10028.0, 10030.0, 10005.0, 10018.0, 10019.0, 10020.0, 10028.0, 9999.0, 10006.0, 10009.0, 10026.0, 10024.0, 10008.0, 10006.0, 10008.0, 9996.0, 10003.0, 10005.0, 10003.0, 10011.0, 9998.0, 10014.0, 10016.0, 10033.0, 10010.0, 10035.0, 9985.0, 10019.0, 10000.0, 10036.0, 9996.0, 10015.0, 9979.0, 9990.0, 10018.0, 10013.0, 10024.0, 10019.0, 10029.0, 10017.0, 10039.0, 10034.0, 10054.0, 10014.0, 10019.0, 10019.0, 10035.0, 10048.0, 9987.0, 10033.0, 10011.0, 10006.0, 10013.0, 9983.0, 9984.0, 9989.0, 10002.0, 9987.0, 9989.0, 9987.0, 9982.0, 9983.0, 10009.0, 10000.0, 10017.0, 10015.0, 10025.0, 10019.0, 9988.0, 10004.0, 9996.0, 10027.0, 10013.0, 9997.0, 10013.0, 10005.0, 9994.0, 10001.0, 10006.0, 9999.0, 9985.0, 10008.0, 9999.0, 10022.0, 10015.0, 10019.0, 10010.0, 10047.0, 10016.0, 10005.0, 9985.0, 9994.0, 10004.0, 10010.0, 10022.0, 10033.0, 10012.0, 10019.0, 10031.0, 10034.0, 10020.0, 10007.0, 10018.0, 9997.0, 9999.0, 9988.0, 10000.0, 9994.0, 10006.0, 10007.0, 9993.0, 9993.0, 10000.0, 10007.0, 10027.0, 10008.0, 10003.0, 10041.0, 10001.0, 10007.0, 10015.0, 9983.0, 10007.0, 10009.0, 9995.0, 9984.0, 10042.0, 10036.0, 10013.0, 10000.0, 9992.0, 10018.0, 10011.0, 10014.0, 10001.0, 10028.0, 10008.0, 10022.0, 10015.0, 10036.0, 10033.0, 9992.0, 9997.0], "WindowWidth": [21365.0, 21375.0, 21326.0, 21330.0, 21313.0, 21357.0, 21285.0, 21257.0, 21289.0, 21275.0, 21272.0, 21306.0, 21277.0, 21271.0, 21304.0, 21285.0, 21305.0, 21288.0, 21290.0, 21278.0, 21290.0, 21276.0, 21280.0, 21297.0, 21346.0, 21301.0, 21283.0, 21312.0, 21346.0, 21305.0, 21334.0, 21322.0, 21313.0, 21312.0, 21313.0, 21336.0, 21304.0, 21289.0, 21301.0, 21301.0, 21283.0, 21284.0, 21301.0, 21264.0, 21287.0, 21282.0, 21339.0, 21340.0, 21354.0, 21314.0, 21287.0, 21254.0, 21273.0, 21344.0, 21290.0, 21345.0, 21307.0, 21373.0, 21292.0, 21287.0, 21262.0, 21293.0, 21271.0, 21260.0, 21281.0, 21317.0, 21337.0, 21294.0, 21345.0, 21338.0, 21326.0, 21332.0, 21269.0, 21302.0, 21267.0, 21269.0, 21275.0, 21323.0, 21236.0, 21256.0, 21228.0, 21229.0, 21277.0, 21236.0, 21284.0, 21299.0, 21266.0, 21268.0, 21305.0, 21261.0, 21299.0, 21281.0, 21281.0, 21273.0, 21237.0, 21243.0, 21265.0, 21243.0, 21286.0, 21226.0, 21240.0, 21260.0, 21265.0, 21260.0, 21261.0, 21253.0, 21270.0, 21256.0, 21283.0, 21260.0, 21281.0, 21250.0, 21272.0, 21281.0, 21255.0, 21274.0, 21280.0, 21279.0, 21288.0, 21304.0, 21278.0, 21311.0, 21275.0, 21259.0, 21271.0, 21252.0, 21278.0, 21274.0, 21299.0, 21320.0, 21284.0, 21310.0, 21265.0, 21237.0, 21254.0, 21255.0, 21283.0, 21292.0, 21260.0, 21272.0, 21285.0, 21265.0, 21302.0, 21236.0, 21259.0, 21249.0, 21246.0, 21272.0, 21259.0, 21277.0, 21252.0, 21218.0, 21274.0, 21270.0, 21274.0, 21279.0, 21301.0, 21280.0, 21231.0, 21248.0, 21249.0, 21253.0, 21274.0, 21264.0, 21316.0, 21333.0, 21273.0, 21289.0, 21248.0, 21277.0, 21263.0, 21330.0, 21290.0, 21298.0, 21264.0, 21258.0, 21222.0, 21240.0, 21214.0, 21208.0, 21210.0, 21247.0, 21227.0, 21237.0, 21236.0, 21280.0, 21282.0, 21281.0, 21253.0, 21291.0, 21261.0, 21247.0, 21261.0, 21267.0, 21285.0, 21239.0, 21254.0, 21237.0, 21218.0, 21197.0, 21188.0, 21212.0, 21203.0, 21202.0, 21247.0, 21204.0, 21171.0, 21219.0, 21217.0, 21202.0, 21216.0, 21217.0, 21211.0, 21241.0, 21245.0, 21251.0, 21234.0, 21180.0, 21202.0, 21201.0, 21165.0, 21177.0, 21220.0, 21185.0, 21218.0, 21230.0, 21255.0, 21219.0, 21219.0, 21241.0, 21280.0, 21222.0, 21262.0, 21227.0, 21280.0, 21246.0, 21292.0, 21211.0, 21241.0, 21251.0, 21277.0, 21243.0, 21261.0, 21230.0, 21200.0, 21241.0, 21236.0, 21261.0, 21303.0, 21293.0, 21250.0, 21227.0, 21286.0, 21250.0, 21218.0, 21235.0, 21224.0, 21271.0, 21224.0, 21221.0, 21262.0, 21249.0, 21253.0, 21226.0, 21242.0, 21233.0, 21224.0, 21225.0, 21258.0, 21256.0, 21200.0, 21228.0, 21220.0, 21197.0, 21244.0, 21278.0, 21249.0, 21234.0, 21247.0, 21255.0, 21244.0, 21248.0, 21229.0, 21234.0, 21243.0, 21228.0, 21247.0, 21243.0, 21251.0, 21257.0, 21186.0, 21218.0, 21189.0, 21197.0, 21185.0, 21179.0, 21190.0, 21202.0, 21246.0, 21236.0, 21254.0, 21255.0, 21249.0, 21200.0, 21230.0, 21230.0, 21261.0, 21278.0, 21236.0, 21237.0, 21248.0, 21259.0, 21252.0, 21234.0, 21235.0, 21303.0, 21284.0, 21254.0, 21272.0, 21239.0, 21304.0, 21259.0, 21270.0, 21246.0, 21271.0, 21295.0, 21302.0, 21229.0, 21249.0, 21243.0, 21186.0, 21199.0, 21185.0, 21231.0, 21233.0, 21261.0, 21266.0, 21230.0, 21207.0, 21263.0, 21186.0, 21221.0, 21226.0, 21194.0, 21206.0, 21267.0, 21262.0, 21230.0, 21299.0, 21208.0, 21213.0, 21192.0, 21174.0, 21218.0, 21210.0, 21215.0, 21183.0, 21157.0, 21167.0, 21181.0, 21201.0, 21189.0, 21222.0, 21247.0, 21298.0, 21287.0, 21294.0, 21265.0, 21275.0, 21252.0, 21261.0, 21243.0, 21239.0, 21240.0, 21237.0, 21258.0, 21262.0, 21211.0, 21236.0, 21234.0, 21236.0, 21252.0, 21198.0, 21216.0, 21220.0, 21252.0, 21248.0, 21220.0, 21210.0, 21219.0, 21191.0, 21202.0, 21206.0, 21202.0, 21221.0, 21195.0, 21229.0, 21235.0, 21268.0, 21220.0, 21265.0, 21174.0, 21231.0, 21195.0, 21262.0, 21186.0, 21225.0, 21157.0, 21179.0, 21232.0, 21223.0, 21249.0, 21244.0, 21262.0, 21240.0, 21281.0, 21267.0, 21308.0, 21226.0, 21236.0, 21238.0, 21271.0, 21289.0, 21179.0, 21263.0, 21221.0, 21213.0, 21222.0, 21165.0, 21161.0, 21170.0, 21192.0, 21171.0, 21168.0, 21167.0, 21160.0, 21162.0, 21212.0, 21200.0, 21236.0, 21229.0, 21246.0, 21236.0, 21179.0, 21204.0, 21193.0, 21252.0, 21223.0, 21194.0, 21224.0, 21208.0, 21187.0, 21193.0, 21202.0, 21190.0, 21167.0, 21211.0, 21194.0, 21243.0, 21230.0, 21238.0, 21218.0, 21286.0, 21228.0, 21205.0, 21165.0, 21183.0, 21206.0, 21217.0, 21245.0, 21267.0, 21227.0, 21237.0, 21262.0, 21262.0, 21236.0, 21212.0, 21230.0, 21185.0, 21195.0, 21170.0, 21194.0, 21181.0, 21205.0, 21204.0, 21181.0, 21180.0, 21191.0, 21213.0, 21249.0, 21217.0, 21205.0, 21276.0, 21195.0, 21211.0, 21224.0, 21164.0, 21206.0, 21214.0, 21186.0, 21169.0, 21282.0, 21266.0, 21221.0, 21200.0, 21183.0, 21231.0, 21220.0, 21226.0, 21198.0, 21254.0, 21213.0, 21237.0, 21228.0, 21268.0, 21257.0, 21182.0, 21191.0]}, "slices": {}}}