{"AcquisitionMatrixPE": 96, "AcquisitionNumber": 1, "AcquisitionTime": "07:54:34.270000", "BandwidthPerPixelPhaseEncode": 33.602, "BaseResolution": 96, "BodyPartExamined": "BRAIN", "ConsistencyInfo": "N4_VD11D_LATEST_20110129", "ConversionSoftware": "dcm2niix", "ConversionSoftwareVersion": "v1.0.20210317", "DerivedVendorReportedEchoSpacing": 0.000620003, "DeviceSerialNumber": "45239", "DwellTime": 2.6e-06, "EchoTime": 0.03, "EchoTrainLength": 48, "EffectiveEchoSpacing": 0.000310001, "FlipAngle": 63, "ImageComments": "Unaliased MB4/PE3", "ImageOrientationPatientDICOM": [0.99989, -0.0133988, 0.00630502, 0.0148081, 0.904728, -0.425733], "ImageType": ["ORIGINAL", "PRIMARY", "M", "ND", "NORM", "MOSAIC"], "ImagingFrequency": 123.193, "InPlanePhaseEncodingDirectionDICOM": "COL", "InstitutionAddress": "E 24th St. 100,Austin,Southmiddle,US,78712", "InstitutionName": "Univ of Texas at Austin", "InstitutionalDepartmentName": "IRC", "MRAcquisitionType": "2D", "MagneticFieldStrength": 3, "Manufacturer": "Siemens", "ManufacturersModelName": "Skyra", "Modality": "MR", "MultibandAccelerationFactor": 4, "ParallelReductionFactorInPlane": 2, "PartialFourier": 1, "PatientPosition": "HFS", "PercentPhaseFOV": 100, "PercentSampling": 100, "PhaseEncodingDirection": "j-", "PhaseEncodingSteps": 96, "PhaseResolution": 1, "PixelBandwidth": 2005, "ProcedureStepDescription": "Poldrack2^self-scanning", "ProtocolName": "Resting State fMRI MBEPI_matrix96_BW2004", "PulseSequenceDetails": "%CustomerSeq%\\cmrr_mbep2d_bold", "ReceiveCoilActiveElements": "HEA;HEP", "ReceiveCoilName": "Head_32", "ReconMatrixPE": 96, "RefLinesPE": 94, "RepetitionTime": 1.16, "SAR": 0.0977499, "ScanOptions": "FS", "ScanningSequence": "EP", "SequenceName": "epfid2d1_96", "SequenceVariant": "SK", "SeriesDescription": "Resting State fMRI MBEPI_matrix96_BW2004", "SeriesNumber": 6, "ShimSetting": [-2757, 8038, -15381, 174, -191, 93, 265, -60], "SliceThickness": 2, "SliceTiming": [0, 0.5, 0.9975, 0.3575, 0.855, 0.215, 0.7125, 0.0725, 0.57, 1.07, 0.4275, 0.9275, 0.285, 0.785, 0.1425, 0.6425, 0, 0.5, 0.9975, 0.3575, 0.855, 0.215, 0.7125, 0.0725, 0.57, 1.07, 0.4275, 0.9275, 0.285, 0.785, 0.1425, 0.6425, 0, 0.5, 0.9975, 0.3575, 0.855, 0.215, 0.7125, 0.0725, 0.57, 1.07, 0.4275, 0.9275, 0.285, 0.785, 0.1425, 0.6425, 0, 0.5, 0.9975, 0.3575, 0.855, 0.215, 0.7125, 0.0725, 0.57, 1.07, 0.4275, 0.9275, 0.285, 0.785, 0.1425, 0.6425], "SoftwareVersions": "syngo MR D11", "SpacingBetweenSlices": 2.4, "StationName": "AWP45239", "TaskName": "Resting fmri", "TotalReadoutTime": 0.0294501, "TxRefAmp": 334.281, "WipMemBlock": "4148020c-6e45-42eb-bd99-de6f4063d5d2||Sequence: VD11D r206; Feb 13 2013 18:52:04 by eja", "dcmmeta_affine": [[-2.3955705165863037, 0.035477831959724426, 6.015243769752487e-08, 115.41703033447266], [0.03210127726197243, 2.167577028274536, -1.0218702554702759, -93.83051300048828], [0.015105780214071274, 1.0199843645095825, 2.1715848445892334, -73.00067138671875], [0.0, 0.0, 0.0, 1.0]], "dcmmeta_reorient_transform": [[0.0, -1.0, 0.0, 95.0], [1.0, 0.0, 0.0, 0.0], [0.0, 0.0, 1.0, 0.0], [0.0, 0.0, 0.0, 1.0]], "dcmmeta_shape": [96, 96, 64, 518], "dcmmeta_slice_dim": 2, "dcmmeta_version": 0.6, "global": {"const": {"AcquisitionMatrix": [96, 0, 0, 96], "AngioFlag": "N", "BitsAllocated": 16, "BitsStored": 16, "BodyPartExamined": "BRAIN", "Columns": 768, "EchoNumbers": 1, "EchoTime": 30.0, "EchoTrainLength": 48, "FlipAngle": 63.0, "HighBit": 15, "ImageOrientationPatient": [0.99989035350149, -0.0133987938813, 0.00630502158537, 0.01480813879816, 0.90472783950928, -0.425732610264], "ImagePositionPatient": [-935.61968196899, -829.60916251943, 361.53703837061], "ImageType": ["ORIGINAL", "PRIMARY", "M", "ND", "NORM", "MOSAIC"], "ImagedNucleus": "1H", "ImagingFrequency": 123.193162, "InPlanePhaseEncodingDirection": "COL", "MRAcquisitionType": "2D", "MagneticFieldStrength": 3.0, "Manufacturer": "SIEMENS", "ManufacturerModelName": "Skyra", "Modality": "MR", "NumberOfAverages": 1.0, "NumberOfPhaseEncodingSteps": 96, "PercentPhaseFieldOfView": 100.0, "PercentSampling": 100.0, "PerformedProcedureStepStartTime": "073452.687000", "PhotometricInterpretation": "MONOCHROME2", "PixelBandwidth": 2005.0, "PixelRepresentation": 0, "PixelSpacing": [2.3958332538605, 2.3958332538605], "ProtocolName": "Resting State fMRI MBEPI_matrix96_BW2004", "RepetitionTime": 1160.0, "Rows": 768, "SAR": 0.09774987703679, "SamplesPerPixel": 1, "ScanOptions": "FS", "ScanningSequence": "EP", "SequenceName": "epfid2d1_96", "SequenceVariant": "SK", "SeriesDescription": "Resting State fMRI MBEPI_matrix96_BW2004", "SeriesNumber": 6, "SeriesTime": "075512.359000", "SliceLocation": -26.10188949989, "SliceThickness": 2.0, "SmallestImagePixelValue": 0, "SoftwareVersions": "syngo MR D11", "SpacingBetweenSlices": 2.3999999629471, "SpecificCharacterSet": "ISO_IR 100", "StudyID": "1", "StudyTime": "073452.578000", "TransmitCoilName": "Body", "VariableFlipAngleFlag": "N", "WindowCenterWidthExplanation": "Algo1", "dBdt": 0.0}, "slices": {}}, "time": {"samples": {"AcquisitionNumber": [1, 2, 3, 4, 5, 6, 7, 8, 9, 10, 11, 12, 13, 14, 15, 16, 17, 18, 19, 20, 21, 22, 23, 24, 25, 26, 27, 28, 29, 30, 31, 32, 33, 34, 35, 36, 37, 38, 39, 40, 41, 42, 43, 44, 45, 46, 47, 48, 49, 50, 51, 52, 53, 54, 55, 56, 57, 58, 59, 60, 61, 62, 63, 64, 65, 66, 67, 68, 69, 70, 71, 72, 73, 74, 75, 76, 77, 78, 79, 80, 81, 82, 83, 84, 85, 86, 87, 88, 89, 90, 91, 92, 93, 94, 95, 96, 97, 98, 99, 100, 101, 102, 103, 104, 105, 106, 107, 108, 109, 110, 111, 112, 113, 114, 115, 116, 117, 118, 119, 120, 121, 122, 123, 124, 125, 126, 127, 128, 129, 130, 131, 132, 133, 134, 135, 136, 137, 138, 139, 140, 141, 142, 143, 144, 145, 146, 147, 148, 149, 150, 151, 152, 153, 154, 155, 156, 157, 158, 159, 160, 161, 162, 163, 164, 165, 166, 167, 168, 169, 170, 171, 172, 173, 174, 175, 176, 177, 178, 179, 180, 181, 182, 183, 184, 185, 186, 187, 188, 189, 190, 191, 192, 193, 194, 195, 196, 197, 198, 199, 200, 201, 202, 203, 204, 205, 206, 207, 208, 209, 210, 211, 212, 213, 214, 215, 216, 217, 218, 219, 220, 221, 222, 223, 224, 225, 226, 227, 228, 229, 230, 231, 232, 233, 234, 235, 236, 237, 238, 239, 240, 241, 242, 243, 244, 245, 246, 247, 248, 249, 250, 251, 252, 253, 254, 255, 256, 257, 258, 259, 260, 261, 262, 263, 264, 265, 266, 267, 268, 269, 270, 271, 272, 273, 274, 275, 276, 277, 278, 279, 280, 281, 282, 283, 284, 285, 286, 287, 288, 289, 290, 291, 292, 293, 294, 295, 296, 297, 298, 299, 300, 301, 302, 303, 304, 305, 306, 307, 308, 309, 310, 311, 312, 313, 314, 315, 316, 317, 318, 319, 320, 321, 322, 323, 324, 325, 326, 327, 328, 329, 330, 331, 332, 333, 334, 335, 336, 337, 338, 339, 340, 341, 342, 343, 344, 345, 346, 347, 348, 349, 350, 351, 352, 353, 354, 355, 356, 357, 358, 359, 360, 361, 362, 363, 364, 365, 366, 367, 368, 369, 370, 371, 372, 373, 374, 375, 376, 377, 378, 379, 380, 381, 382, 383, 384, 385, 386, 387, 388, 389, 390, 391, 392, 393, 394, 395, 396, 397, 398, 399, 400, 401, 402, 403, 404, 405, 406, 407, 408, 409, 410, 411, 412, 413, 414, 415, 416, 417, 418, 419, 420, 421, 422, 423, 424, 425, 426, 427, 428, 429, 430, 431, 432, 433, 434, 435, 436, 437, 438, 439, 440, 441, 442, 443, 444, 445, 446, 447, 448, 449, 450, 451, 452, 453, 454, 455, 456, 457, 458, 459, 460, 461, 462, 463, 464, 465, 466, 467, 468, 469, 470, 471, 472, 473, 474, 475, 476, 477, 478, 479, 480, 481, 482, 483, 484, 485, 486, 487, 488, 489, 490, 491, 492, 493, 494, 495, 496, 497, 498, 499, 500, 501, 502, 503, 504, 505, 506, 507, 508, 509, 510, 511, 512, 513, 514, 515, 516, 517, 518], "AcquisitionTime": ["075434.270000", "075503.267500", "075504.427500", "075505.587500", "075506.747500", "075507.907500", "075509.067500", "075510.227500", "075511.387500", "075512.547500", "075513.707500", "075514.867500", "075516.027500", "075517.187500", "075518.347500", "075519.507500", "075520.667500", "075521.827500", "075522.987500", "075524.147500", "075525.307500", "075526.467500", "075527.627500", "075528.787500", "075529.947500", "075531.107500", "075532.267500", "075533.430000", "075534.590000", "075535.750000", "075536.910000", "075538.070000", "075539.230000", "075540.390000", "075541.550000", "075542.710000", "075543.870000", "075545.030000", "075546.190000", "075547.350000", "075548.510000", "075549.670000", "075550.830000", "075551.990000", "075553.150000", "075554.310000", "075555.470000", "075556.630000", "075557.790000", "075558.950000", "075600.110000", "075601.270000", "075602.430000", "075603.590000", "075604.750000", "075605.910000", "075607.070000", "075608.230000", "075609.390000", "075610.550000", "075611.710000", "075612.870000", "075614.030000", "075615.190000", "075616.350000", "075617.510000", "075618.670000", "075619.830000", "075620.990000", "075622.150000", "075623.310000", "075624.470000", "075625.630000", "075626.790000", "075627.950000", "075629.110000", "075630.270000", "075631.430000", "075632.590000", "075633.750000", "075634.910000", "075636.070000", "075637.230000", "075638.390000", "075639.550000", "075640.710000", "075641.870000", "075643.030000", "075644.190000", "075645.350000", "075646.510000", "075647.670000", "075648.830000", "075649.990000", "075651.150000", "075652.310000", "075653.470000", "075654.630000", "075655.790000", "075656.950000", "075658.110000", "075659.270000", "075700.430000", "075701.590000", "075702.750000", "075703.910000", "075705.070000", "075706.230000", "075707.390000", "075708.550000", "075709.710000", "075710.870000", "075712.030000", "075713.190000", "075714.350000", "075715.510000", "075716.670000", "075717.830000", "075718.990000", "075720.150000", "075721.310000", "075722.470000", "075723.630000", "075724.790000", "075725.950000", "075727.110000", "075728.270000", "075729.430000", "075730.590000", "075731.750000", "075732.910000", "075734.070000", "075735.230000", "075736.390000", "075737.550000", "075738.710000", "075739.870000", "075741.030000", "075742.190000", "075743.350000", "075744.510000", "075745.670000", "075746.830000", "075747.990000", "075749.150000", "075750.310000", "075751.470000", "075752.630000", "075753.790000", "075754.950000", "075756.110000", "075757.270000", "075758.430000", "075759.590000", "075800.750000", "075801.910000", "075803.070000", "075804.230000", "075805.390000", "075806.550000", "075807.710000", "075808.870000", "075810.030000", "075811.190000", "075812.350000", "075813.510000", "075814.670000", "075815.830000", "075816.990000", "075818.150000", "075819.310000", "075820.470000", "075821.630000", "075822.790000", "075823.950000", "075825.110000", "075826.270000", "075827.430000", "075828.590000", "075829.750000", "075830.910000", "075832.070000", "075833.230000", "075834.390000", "075835.550000", "075836.710000", "075837.870000", "075839.030000", "075840.190000", "075841.350000", "075842.510000", "075843.670000", "075844.830000", "075845.990000", "075847.150000", "075848.310000", "075849.470000", "075850.630000", "075851.790000", "075852.950000", "075854.110000", "075855.270000", "075856.430000", "075857.590000", "075858.750000", "075859.910000", "075901.070000", "075902.230000", "075903.390000", "075904.550000", "075905.710000", "075906.870000", "075908.030000", "075909.190000", "075910.350000", "075911.510000", "075912.670000", "075913.830000", "075914.990000", "075916.150000", "075917.310000", "075918.470000", "075919.630000", "075920.790000", "075921.950000", "075923.110000", "075924.270000", "075925.430000", "075926.590000", "075927.750000", "075928.910000", "075930.070000", "075931.230000", "075932.390000", "075933.550000", "075934.710000", "075935.870000", "075937.030000", "075938.190000", "075939.350000", "075940.510000", "075941.670000", "075942.830000", "075943.990000", "075945.150000", "075946.310000", "075947.470000", "075948.630000", "075949.790000", "075950.950000", "075952.110000", "075953.270000", "075954.430000", "075955.590000", "075956.750000", "075957.910000", "075959.070000", "080000.230000", "080001.390000", "080002.550000", "080003.710000", "080004.870000", "080006.030000", "080007.190000", "080008.350000", "080009.510000", "080010.670000", "080011.830000", "080012.990000", "080014.150000", "080015.310000", "080016.470000", "080017.630000", "080018.790000", "080019.950000", "080021.110000", "080022.270000", "080023.432500", "080024.592500", "080025.752500", "080026.912500", "080028.072500", "080029.232500", "080030.392500", "080031.552500", "080032.712500", "080033.872500", "080035.032500", "080036.192500", "080037.352500", "080038.512500", "080039.672500", "080040.832500", "080041.992500", "080043.152500", "080044.312500", "080045.472500", "080046.632500", "080047.792500", "080048.952500", "080050.112500", "080051.272500", "080052.432500", "080053.592500", "080054.752500", "080055.912500", "080057.072500", "080058.232500", "080059.392500", "080100.552500", "080101.712500", "080102.872500", "080104.032500", "080105.192500", "080106.352500", "080107.512500", "080108.672500", "080109.832500", "080110.992500", "080112.152500", "080113.312500", "080114.472500", "080115.632500", "080116.792500", "080117.952500", "080119.112500", "080120.272500", "080121.432500", "080122.592500", "080123.752500", "080124.912500", "080126.072500", "080127.232500", "080128.392500", "080129.552500", "080130.712500", "080131.872500", "080133.032500", "080134.192500", "080135.352500", "080136.512500", "080137.672500", "080138.832500", "080139.992500", "080141.152500", "080142.312500", "080143.472500", "080144.632500", "080145.792500", "080146.952500", "080148.112500", "080149.272500", "080150.432500", "080151.592500", "080152.752500", "080153.912500", "080155.072500", "080156.232500", "080157.392500", "080158.552500", "080159.712500", "080200.872500", "080202.032500", "080203.192500", "080204.352500", "080205.512500", "080206.672500", "080207.832500", "080208.992500", "080210.152500", "080211.312500", "080212.472500", "080213.632500", "080214.792500", "080215.952500", "080217.112500", "080218.272500", "080219.432500", "080220.592500", "080221.752500", "080222.912500", "080224.072500", "080225.232500", "080226.392500", "080227.552500", "080228.712500", "080229.872500", "080231.032500", "080232.192500", "080233.352500", "080234.512500", "080235.672500", "080236.832500", "080237.992500", "080239.152500", "080240.312500", "080241.472500", "080242.632500", "080243.792500", "080244.952500", "080246.112500", "080247.272500", "080248.432500", "080249.592500", "080250.752500", "080251.912500", "080253.072500", "080254.232500", "080255.392500", "080256.552500", "080257.712500", "080258.872500", "080300.032500", "080301.192500", "080302.352500", "080303.512500", "080304.672500", "080305.832500", "080306.992500", "080308.152500", "080309.312500", "080310.472500", "080311.632500", "080312.792500", "080313.952500", "080315.112500", "080316.272500", "080317.432500", "080318.592500", "080319.752500", "080320.912500", "080322.072500", "080323.232500", "080324.392500", "080325.552500", "080326.712500", "080327.872500", "080329.032500", "080330.192500", "080331.352500", "080332.512500", "080333.672500", "080334.832500", "080335.992500", "080337.152500", "080338.312500", "080339.472500", "080340.632500", "080341.792500", "080342.952500", "080344.112500", "080345.272500", "080346.432500", "080347.592500", "080348.752500", "080349.912500", "080351.072500", "080352.232500", "080353.392500", "080354.552500", "080355.712500", "080356.872500", "080358.032500", "080359.192500", "080400.352500", "080401.512500", "080402.672500", "080403.832500", "080404.992500", "080406.152500", "080407.312500", "080408.472500", "080409.632500", "080410.792500", "080411.952500", "080413.112500", "080414.272500", "080415.432500", "080416.592500", "080417.752500", "080418.912500", "080420.072500", "080421.232500", "080422.392500", "080423.552500", "080424.712500", "080425.872500", "080427.032500", "080428.192500", "080429.352500", "080430.512500", "080431.672500", "080432.832500", "080433.992500", "080435.152500", "080436.312500", "080437.472500", "080438.632500", "080439.792500", "080440.952500", "080442.112500", "080443.272500", "080444.432500", "080445.592500", "080446.752500", "080447.912500", "080449.072500", "080450.232500", "080451.392500", "080452.552500", "080453.712500", "080454.872500", "080456.032500", "080457.192500", "080458.352500", "080459.512500", "080500.672500", "080501.832500"], "ContentTime": ["075512.359000", "075521.328000", "075521.328000", "075521.328000", "075521.343000", "075521.343000", "075521.343000", "075521.359000", "075526.328000", "075526.343000", "075526.343000", "075526.343000", "075531.328000", "075531.328000", "075531.328000", "075536.328000", "075536.328000", "075536.343000", "075536.343000", "075541.328000", "075541.343000", "075541.343000", "075541.343000", "075546.328000", "075546.328000", "075546.343000", "075546.343000", "075551.328000", "075551.343000", "075551.343000", "075556.328000", "075556.343000", "075556.343000", "075556.343000", "075601.328000", "075601.328000", "075601.328000", "075601.343000", "075606.328000", "075606.328000", "075606.343000", "075606.343000", "075611.328000", "075611.328000", "075611.328000", "075616.328000", "075616.328000", "075616.328000", "075616.343000", "075621.328000", "075621.328000", "075621.328000", "075621.343000", "075626.328000", "075626.328000", "075626.328000", "075626.343000", "075631.328000", "075631.328000", "075631.375000", "075636.328000", "075636.328000", "075636.328000", "075636.343000", "075636.343000", "075641.328000", "075641.343000", "075641.343000", "075646.328000", "075646.328000", "075646.343000", "075646.343000", "075651.328000", "075651.328000", "075651.328000", "075651.343000", "075656.328000", "075656.328000", "075656.328000", "075701.328000", "075701.328000", "075701.328000", "075701.343000", "075706.328000", "075706.328000", "075706.328000", "075706.343000", "075711.328000", "075711.328000", "075711.328000", "075711.343000", "075716.328000", "075716.328000", "075716.328000", "075716.343000", "075721.328000", "075721.343000", "075721.343000", "075726.328000", "075726.328000", "075726.328000", "075726.343000", "075731.328000", "075731.328000", "075731.328000", "075731.343000", "075736.328000", "075736.328000", "075736.328000", "075736.343000", "075741.328000", "075741.343000", "075741.343000", "075746.328000", "075746.343000", "075746.343000", "075746.343000", "075746.343000", "075751.328000", "075751.343000", "075751.343000", "075756.328000", "075756.328000", "075756.343000", "075756.343000", "075801.328000", "075801.328000", "075801.343000", "075801.343000", "075806.328000", "075806.343000", "075806.343000", "075811.328000", "075811.328000", "075811.343000", "075811.359000", "075811.359000", "075816.328000", "075816.328000", "075816.328000", "075821.328000", "075821.343000", "075821.343000", "075821.343000", "075826.328000", "075826.328000", "075826.328000", "075826.343000", "075831.328000", "075831.343000", "075831.343000", "075836.328000", "075836.328000", "075836.328000", "075836.343000", "075841.328000", "075841.328000", "075841.343000", "075846.328000", "075846.328000", "075846.328000", "075846.343000", "075851.328000", "075851.359000", "075851.359000", "075856.328000", "075856.328000", "075856.343000", "075856.343000", "075901.328000", "075901.328000", "075901.343000", "075901.343000", "075906.328000", "075906.328000", "075906.343000", "075906.343000", "075911.328000", "075911.328000", "075911.343000", "075911.343000", "075916.328000", "075916.328000", "075916.328000", "075916.343000", "075921.328000", "075921.328000", "075921.328000", "075926.328000", "075926.328000", "075926.328000", "075926.343000", "075931.328000", "075931.328000", "075931.328000", "075931.343000", "075936.343000", "075936.343000", "075936.343000", "075936.343000", "075941.328000", "075941.328000", "075941.375000", "075946.328000", "075946.328000", "075946.328000", "075946.343000", "075951.328000", "075951.328000", "075951.328000", "075951.343000", "075956.328000", "075956.328000", "075956.343000", "075956.343000", "080001.328000", "080001.328000", "080001.328000", "080001.343000", "080006.328000", "080006.343000", "080006.343000", "080011.328000", "080011.328000", "080011.343000", "080011.343000", "080016.328000", "080016.328000", "080016.328000", "080021.328000", "080021.359000", "080021.375000", "080021.375000", "080026.328000", "080026.328000", "080026.328000", "080026.343000", "080031.328000", "080031.328000", "080031.375000", "080036.328000", "080036.328000", "080036.328000", "080036.343000", "080041.328000", "080041.328000", "080041.328000", "080041.343000", "080046.328000", "080046.328000", "080046.343000", "080051.328000", "080051.343000", "080051.343000", "080051.343000", "080056.328000", "080056.328000", "080056.328000", "080056.343000", "080101.328000", "080101.328000", "080101.328000", "080106.328000", "080106.375000", "080106.375000", "080106.375000", "080111.328000", "080111.328000", "080111.328000", "080116.328000", "080116.328000", "080116.328000", "080116.343000", "080121.328000", "080121.328000", "080121.328000", "080121.343000", "080126.328000", "080126.328000", "080126.328000", "080126.343000", "080131.328000", "080131.328000", "080131.328000", "080131.343000", "080136.328000", "080136.328000", "080136.343000", "080141.328000", "080141.328000", "080141.343000", "080141.343000", "080146.328000", "080146.328000", "080146.328000", "080146.343000", "080151.328000", "080151.328000", "080151.343000", "080156.328000", "080156.328000", "080156.328000", "080156.343000", "080156.343000", "080201.328000", "080201.343000", "080201.343000", "080206.328000", "080206.328000", "080206.375000", "080206.375000", "080211.328000", "080211.328000", "080211.343000", "080211.343000", "080216.328000", "080216.328000", "080216.328000", "080216.343000", "080221.328000", "080221.328000", "080221.328000", "080226.328000", "080226.328000", "080226.328000", "080226.343000", "080226.343000", "080231.328000", "080231.328000", "080231.328000", "080236.328000", "080236.343000", "080236.343000", "080236.343000", "080241.328000", "080241.343000", "080241.343000", "080241.359000", "080246.328000", "080246.343000", "080246.343000", "080246.343000", "080251.328000", "080251.375000", "080251.375000", "080251.375000", "080256.328000", "080256.328000", "080256.328000", "080301.328000", "080301.343000", "080301.343000", "080301.343000", "080306.328000", "080306.328000", "080306.328000", "080306.343000", "080311.328000", "080311.375000", "080311.375000", "080316.328000", "080316.328000", "080316.343000", "080316.343000", "080321.328000", "080321.328000", "080321.343000", "080321.343000", "080326.328000", "080326.328000", "080326.343000", "080326.343000", "080331.328000", "080331.328000", "080331.328000", "080336.328000", "080336.375000", "080336.375000", "080336.375000", "080341.328000", "080341.343000", "080341.343000", "080341.343000", "080346.328000", "080346.359000", "080346.375000", "080346.375000", "080351.328000", "080351.328000", "080351.328000", "080351.343000", "080356.328000", "080356.328000", "080356.328000", "080401.328000", "080401.343000", "080401.343000", "080401.343000", "080406.328000", "080406.328000", "080406.328000", "080406.343000", "080411.328000", "080411.328000", "080411.328000", "080411.343000", "080416.328000", "080416.328000", "080416.343000", "080421.328000", "080421.328000", "080421.328000", "080421.343000", "080426.328000", "080426.328000", "080426.343000", "080426.343000", "080431.328000", "080431.328000", "080431.328000", "080431.359000", "080436.328000", "080436.343000", "080436.343000", "080441.328000", "080441.328000", "080441.343000", "080441.343000", "080446.328000", "080446.328000", "080446.343000", "080446.343000", "080451.328000", "080451.328000", "080451.328000", "080456.328000", "080456.359000", "080456.375000", "080456.375000", "080501.328000", "080501.343000", "080501.343000", "080501.343000", "080506.328000", "080506.328000", "080506.343000", "080506.343000", "080511.328000", "080511.328000", "080511.343000", "080511.343000", "080516.328000", "080516.328000", "080516.328000", "080521.328000", "080521.359000", "080521.375000", "080521.375000", "080526.328000", "080526.328000", "080526.343000", "080526.343000", "080531.328000", "080531.343000", "080531.343000", "080531.359000", "080536.328000", "080536.328000", "080536.343000", "080536.343000", "080541.328000", "080541.343000", "080541.343000", "080541.343000", "080546.328000", "080546.328000", "080546.343000", "080546.343000", "080551.328000", "080551.328000", "080551.343000", "080551.343000", "080556.328000", "080556.328000", "080556.328000", "080556.343000", "080556.343000", "080601.328000", "080601.328000", "080601.328000", "080606.328000", "080606.328000", "080606.328000", "080606.343000", "080606.343000", "080611.328000", "080611.328000", "080611.328000", "080611.343000", "080616.328000", "080616.328000", "080616.328000", "080616.343000", "080621.328000", "080621.328000", "080621.328000", "080621.343000", "080626.328000", "080626.328000", "080626.328000", "080626.343000", "080631.328000", "080631.328000", "080631.328000", "080631.343000", "080634.265000", "080634.281000", "080634.281000"], "InstanceCreationTime": ["075512.359000", "075521.328000", "075521.328000", "075521.328000", "075521.343000", "075521.343000", "075521.343000", "075521.359000", "075526.328000", "075526.343000", "075526.343000", "075526.343000", "075531.328000", "075531.328000", "075531.328000", "075536.328000", "075536.328000", "075536.343000", "075536.343000", "075541.328000", "075541.343000", "075541.343000", "075541.343000", "075546.328000", "075546.328000", "075546.343000", "075546.343000", "075551.328000", "075551.343000", "075551.343000", "075556.328000", "075556.343000", "075556.343000", "075556.343000", "075601.328000", "075601.328000", "075601.328000", "075601.343000", "075606.328000", "075606.328000", "075606.343000", "075606.343000", "075611.328000", "075611.328000", "075611.328000", "075616.328000", "075616.328000", "075616.328000", "075616.343000", "075621.328000", "075621.328000", "075621.328000", "075621.343000", "075626.328000", "075626.328000", "075626.328000", "075626.343000", "075631.328000", "075631.328000", "075631.375000", "075636.328000", "075636.328000", "075636.328000", "075636.343000", "075636.343000", "075641.328000", "075641.343000", "075641.343000", "075646.328000", "075646.328000", "075646.343000", "075646.343000", "075651.328000", "075651.328000", "075651.328000", "075651.343000", "075656.328000", "075656.328000", "075656.328000", "075701.328000", "075701.328000", "075701.328000", "075701.343000", "075706.328000", "075706.328000", "075706.328000", "075706.343000", "075711.328000", "075711.328000", "075711.328000", "075711.343000", "075716.328000", "075716.328000", "075716.328000", "075716.343000", "075721.328000", "075721.343000", "075721.343000", "075726.328000", "075726.328000", "075726.328000", "075726.343000", "075731.328000", "075731.328000", "075731.328000", "075731.343000", "075736.328000", "075736.328000", "075736.328000", "075736.343000", "075741.328000", "075741.343000", "075741.343000", "075746.328000", "075746.343000", "075746.343000", "075746.343000", "075746.343000", "075751.328000", "075751.343000", "075751.343000", "075756.328000", "075756.328000", "075756.343000", "075756.343000", "075801.328000", "075801.328000", "075801.343000", "075801.343000", "075806.328000", "075806.343000", "075806.343000", "075811.328000", "075811.328000", "075811.343000", "075811.359000", "075811.359000", "075816.328000", "075816.328000", "075816.328000", "075821.328000", "075821.343000", "075821.343000", "075821.343000", "075826.328000", "075826.328000", "075826.328000", "075826.343000", "075831.328000", "075831.343000", "075831.343000", "075836.328000", "075836.328000", "075836.328000", "075836.343000", "075841.328000", "075841.328000", "075841.343000", "075846.328000", "075846.328000", "075846.328000", "075846.343000", "075851.328000", "075851.359000", "075851.359000", "075856.328000", "075856.328000", "075856.343000", "075856.343000", "075901.328000", "075901.328000", "075901.343000", "075901.343000", "075906.328000", "075906.328000", "075906.343000", "075906.343000", "075911.328000", "075911.328000", "075911.343000", "075911.343000", "075916.328000", "075916.328000", "075916.328000", "075916.343000", "075921.328000", "075921.328000", "075921.328000", "075926.328000", "075926.328000", "075926.328000", "075926.343000", "075931.328000", "075931.328000", "075931.328000", "075931.343000", "075936.343000", "075936.343000", "075936.343000", "075936.343000", "075941.328000", "075941.328000", "075941.375000", "075946.328000", "075946.328000", "075946.328000", "075946.343000", "075951.328000", "075951.328000", "075951.328000", "075951.343000", "075956.328000", "075956.328000", "075956.343000", "075956.343000", "080001.328000", "080001.328000", "080001.328000", "080001.343000", "080006.328000", "080006.343000", "080006.343000", "080011.328000", "080011.328000", "080011.343000", "080011.343000", "080016.328000", "080016.328000", "080016.328000", "080021.328000", "080021.359000", "080021.375000", "080021.375000", "080026.328000", "080026.328000", "080026.328000", "080026.343000", "080031.328000", "080031.328000", "080031.375000", "080036.328000", "080036.328000", "080036.328000", "080036.343000", "080041.328000", "080041.328000", "080041.328000", "080041.343000", "080046.328000", "080046.328000", "080046.343000", "080051.328000", "080051.343000", "080051.343000", "080051.343000", "080056.328000", "080056.328000", "080056.328000", "080056.343000", "080101.328000", "080101.328000", "080101.328000", "080106.328000", "080106.375000", "080106.375000", "080106.375000", "080111.328000", "080111.328000", "080111.328000", "080116.328000", "080116.328000", "080116.328000", "080116.343000", "080121.328000", "080121.328000", "080121.328000", "080121.343000", "080126.328000", "080126.328000", "080126.328000", "080126.343000", "080131.328000", "080131.328000", "080131.328000", "080131.343000", "080136.328000", "080136.328000", "080136.343000", "080141.328000", "080141.328000", "080141.343000", "080141.343000", "080146.328000", "080146.328000", "080146.328000", "080146.343000", "080151.328000", "080151.328000", "080151.343000", "080156.328000", "080156.328000", "080156.328000", "080156.343000", "080156.343000", "080201.328000", "080201.343000", "080201.343000", "080206.328000", "080206.328000", "080206.375000", "080206.375000", "080211.328000", "080211.328000", "080211.343000", "080211.343000", "080216.328000", "080216.328000", "080216.328000", "080216.343000", "080221.328000", "080221.328000", "080221.328000", "080226.328000", "080226.328000", "080226.328000", "080226.343000", "080226.343000", "080231.328000", "080231.328000", "080231.328000", "080236.328000", "080236.343000", "080236.343000", "080236.343000", "080241.328000", "080241.343000", "080241.343000", "080241.359000", "080246.328000", "080246.343000", "080246.343000", "080246.343000", "080251.328000", "080251.375000", "080251.375000", "080251.375000", "080256.328000", "080256.328000", "080256.328000", "080301.328000", "080301.343000", "080301.343000", "080301.343000", "080306.328000", "080306.328000", "080306.328000", "080306.343000", "080311.328000", "080311.375000", "080311.375000", "080316.328000", "080316.328000", "080316.343000", "080316.343000", "080321.328000", "080321.328000", "080321.343000", "080321.343000", "080326.328000", "080326.328000", "080326.343000", "080326.343000", "080331.328000", "080331.328000", "080331.328000", "080336.328000", "080336.375000", "080336.375000", "080336.375000", "080341.328000", "080341.343000", "080341.343000", "080341.343000", "080346.328000", "080346.359000", "080346.375000", "080346.375000", "080351.328000", "080351.328000", "080351.328000", "080351.343000", "080356.328000", "080356.328000", "080356.328000", "080401.328000", "080401.343000", "080401.343000", "080401.343000", "080406.328000", "080406.328000", "080406.328000", "080406.343000", "080411.328000", "080411.328000", "080411.328000", "080411.343000", "080416.328000", "080416.328000", "080416.343000", "080421.328000", "080421.328000", "080421.328000", "080421.343000", "080426.328000", "080426.328000", "080426.343000", "080426.343000", "080431.328000", "080431.328000", "080431.328000", "080431.359000", "080436.328000", "080436.343000", "080436.343000", "080441.328000", "080441.328000", "080441.343000", "080441.343000", "080446.328000", "080446.328000", "080446.343000", "080446.343000", "080451.328000", "080451.328000", "080451.328000", "080456.328000", "080456.359000", "080456.375000", "080456.375000", "080501.328000", "080501.343000", "080501.343000", "080501.343000", "080506.328000", "080506.328000", "080506.343000", "080506.343000", "080511.328000", "080511.328000", "080511.343000", "080511.343000", "080516.328000", "080516.328000", "080516.328000", "080521.328000", "080521.359000", "080521.375000", "080521.375000", "080526.328000", "080526.328000", "080526.343000", "080526.343000", "080531.328000", "080531.343000", "080531.343000", "080531.359000", "080536.328000", "080536.328000", "080536.343000", "080536.343000", "080541.328000", "080541.343000", "080541.343000", "080541.343000", "080546.328000", "080546.328000", "080546.343000", "080546.343000", "080551.328000", "080551.328000", "080551.343000", "080551.343000", "080556.328000", "080556.328000", "080556.328000", "080556.343000", "080556.343000", "080601.328000", "080601.328000", "080601.328000", "080606.328000", "080606.328000", "080606.328000", "080606.343000", "080606.343000", "080611.328000", "080611.328000", "080611.328000", "080611.343000", "080616.328000", "080616.328000", "080616.328000", "080616.343000", "080621.328000", "080621.328000", "080621.328000", "080621.343000", "080626.328000", "080626.328000", "080626.328000", "080626.343000", "080631.328000", "080631.328000", "080631.328000", "080631.343000", "080634.265000", "080634.281000", "080634.281000"], "InstanceNumber": [1, 2, 3, 4, 5, 6, 7, 8, 9, 10, 11, 12, 13, 14, 15, 16, 17, 18, 19, 20, 21, 22, 23, 24, 25, 26, 27, 28, 29, 30, 31, 32, 33, 34, 35, 36, 37, 38, 39, 40, 41, 42, 43, 44, 45, 46, 47, 48, 49, 50, 51, 52, 53, 54, 55, 56, 57, 58, 59, 60, 61, 62, 63, 64, 65, 66, 67, 68, 69, 70, 71, 72, 73, 74, 75, 76, 77, 78, 79, 80, 81, 82, 83, 84, 85, 86, 87, 88, 89, 90, 91, 92, 93, 94, 95, 96, 97, 98, 99, 100, 101, 102, 103, 104, 105, 106, 107, 108, 109, 110, 111, 112, 113, 114, 115, 116, 117, 118, 119, 120, 121, 122, 123, 124, 125, 126, 127, 128, 129, 130, 131, 132, 133, 134, 135, 136, 137, 138, 139, 140, 141, 142, 143, 144, 145, 146, 147, 148, 149, 150, 151, 152, 153, 154, 155, 156, 157, 158, 159, 160, 161, 162, 163, 164, 165, 166, 167, 168, 169, 170, 171, 172, 173, 174, 175, 176, 177, 178, 179, 180, 181, 182, 183, 184, 185, 186, 187, 188, 189, 190, 191, 192, 193, 194, 195, 196, 197, 198, 199, 200, 201, 202, 203, 204, 205, 206, 207, 208, 209, 210, 211, 212, 213, 214, 215, 216, 217, 218, 219, 220, 221, 222, 223, 224, 225, 226, 227, 228, 229, 230, 231, 232, 233, 234, 235, 236, 237, 238, 239, 240, 241, 242, 243, 244, 245, 246, 247, 248, 249, 250, 251, 252, 253, 254, 255, 256, 257, 258, 259, 260, 261, 262, 263, 264, 265, 266, 267, 268, 269, 270, 271, 272, 273, 274, 275, 276, 277, 278, 279, 280, 281, 282, 283, 284, 285, 286, 287, 288, 289, 290, 291, 292, 293, 294, 295, 296, 297, 298, 299, 300, 301, 302, 303, 304, 305, 306, 307, 308, 309, 310, 311, 312, 313, 314, 315, 316, 317, 318, 319, 320, 321, 322, 323, 324, 325, 326, 327, 328, 329, 330, 331, 332, 333, 334, 335, 336, 337, 338, 339, 340, 341, 342, 343, 344, 345, 346, 347, 348, 349, 350, 351, 352, 353, 354, 355, 356, 357, 358, 359, 360, 361, 362, 363, 364, 365, 366, 367, 368, 369, 370, 371, 372, 373, 374, 375, 376, 377, 378, 379, 380, 381, 382, 383, 384, 385, 386, 387, 388, 389, 390, 391, 392, 393, 394, 395, 396, 397, 398, 399, 400, 401, 402, 403, 404, 405, 406, 407, 408, 409, 410, 411, 412, 413, 414, 415, 416, 417, 418, 419, 420, 421, 422, 423, 424, 425, 426, 427, 428, 429, 430, 431, 432, 433, 434, 435, 436, 437, 438, 439, 440, 441, 442, 443, 444, 445, 446, 447, 448, 449, 450, 451, 452, 453, 454, 455, 456, 457, 458, 459, 460, 461, 462, 463, 464, 465, 466, 467, 468, 469, 470, 471, 472, 473, 474, 475, 476, 477, 478, 479, 480, 481, 482, 483, 484, 485, 486, 487, 488, 489, 490, 491, 492, 493, 494, 495, 496, 497, 498, 499, 500, 501, 502, 503, 504, 505, 506, 507, 508, 509, 510, 511, 512, 513, 514, 515, 516, 517, 518], "LargestImagePixelValue": [32242, 28583, 26522, 29239, 26362, 26065, 37397, 25706, 29206, 41832, 26331, 38177, 32335, 35061, 28086, 37609, 26051, 34971, 25833, 38076, 25959, 33607, 27193, 35899, 33424, 31700, 28088, 25994, 39202, 25892, 31441, 30622, 34153, 29775, 25951, 39049, 28200, 26317, 26997, 25987, 36977, 28480, 34620, 34158, 26114, 40151, 26013, 35075, 30349, 37978, 26999, 39412, 26430, 26092, 25968, 33863, 32562, 37621, 25788, 26139, 35930, 27796, 36865, 34044, 38520, 27646, 33048, 25861, 32614, 25911, 36024, 25874, 39585, 26135, 26310, 26583, 34776, 26321, 26438, 39914, 26260, 31784, 26387, 26263, 34164, 28152, 40487, 31110, 27161, 26283, 35288, 26575, 30212, 29882, 26270, 27945, 26488, 26531, 36557, 26620, 31586, 26719, 26774, 32307, 34352, 40041, 34445, 39796, 26168, 33206, 26819, 26475, 39835, 30664, 35976, 37775, 26148, 36436, 26338, 26382, 34375, 26349, 38219, 26582, 26344, 39445, 33528, 26516, 31980, 26242, 36812, 29045, 36690, 32440, 38329, 33248, 38561, 26318, 30730, 32985, 26427, 39056, 31195, 37546, 27856, 26520, 37693, 28693, 39225, 28116, 34525, 26288, 32473, 30344, 26685, 33643, 26570, 31291, 29115, 36313, 27534, 29826, 29721, 26822, 32706, 34430, 26352, 26767, 41663, 28798, 33918, 26872, 38441, 26304, 36551, 27105, 28985, 31329, 26771, 37500, 29479, 26325, 26464, 39991, 26674, 31297, 26624, 35072, 26517, 38080, 26526, 31790, 26355, 31188, 26346, 37759, 27386, 39931, 26448, 29713, 34503, 26948, 28424, 27395, 26429, 27637, 41364, 26633, 34307, 33025, 40500, 26698, 26480, 30319, 26790, 29651, 26945, 28528, 40248, 31352, 31747, 27281, 26850, 38832, 27300, 37953, 28053, 39297, 31368, 40036, 26672, 33342, 26493, 30776, 26628, 31856, 26748, 37755, 29595, 28453, 41425, 32627, 33426, 26630, 32712, 26757, 26848, 30961, 27199, 40561, 33722, 32944, 26869, 27518, 33461, 27066, 31406, 26709, 40064, 32941, 35234, 38887, 32561, 26644, 39889, 29652, 38905, 26410, 29477, 40953, 34332, 27227, 36766, 26616, 33394, 27894, 26849, 38264, 28615, 32530, 26808, 26548, 39879, 34173, 32054, 40822, 26944, 27080, 37968, 27030, 40560, 26749, 31782, 30825, 26919, 40959, 28297, 36364, 26836, 26925, 40018, 31582, 39574, 27006, 31898, 26665, 26820, 40798, 34045, 29924, 29391, 26655, 38660, 27148, 32314, 26757, 26645, 37165, 41112, 35335, 26999, 26562, 26535, 33090, 33970, 27328, 39582, 28954, 26487, 38160, 34023, 26730, 41875, 26620, 33616, 26509, 26806, 40263, 28154, 38394, 26679, 26715, 41475, 28811, 33658, 28496, 38436, 26876, 26781, 33714, 26827, 37937, 26847, 32015, 27225, 39407, 26819, 26780, 39150, 29641, 26843, 31350, 26827, 42045, 31268, 36392, 26487, 26584, 38396, 26859, 26477, 30715, 26621, 38248, 30187, 38311, 26481, 27621, 38069, 30854, 38539, 26747, 34329, 26959, 35961, 26708, 26684, 36660, 27126, 41319, 33253, 36144, 28831, 27626, 32444, 27219, 32393, 26741, 37619, 27141, 29890, 42339, 30530, 33729, 26901, 32175, 26578, 28240, 39621, 30923, 27168, 33292, 26629, 32227, 27223, 33015, 39960, 37726, 32701, 41904, 26782, 27392, 35601, 26640, 34891, 26666, 26439, 33771, 27179, 35760, 26560, 26546, 38385, 32478, 26658, 35716, 30829, 36088, 26519, 41554, 32674, 27443, 37297, 27465, 31492, 27050, 31365, 26796, 38992, 26584, 33342, 31404, 38335, 26508, 26623, 39732, 29885, 29589, 27018, 32097, 26787, 26617, 26665, 26793, 38329, 26664, 30240, 27142, 35724, 30553, 26639, 40654, 30408, 26926, 38899, 26614, 40474, 31867, 28909, 40396, 33444, 26712, 31519, 26863, 40098, 26468, 28207, 41901, 34881, 27064, 35148, 26679, 39078, 27714, 26487, 40454, 26799, 30144, 26604, 26597, 32900, 30806, 30040, 40990, 26543, 26601, 41329, 30473, 27857, 36434, 29029, 40828, 31293, 27578, 27584, 34509, 26949, 39025], "WindowCenter": [10258.0, 10240.0, 10213.0, 10230.0, 10219.0, 10226.0, 10262.0, 10228.0, 10242.0, 10260.0, 10207.0, 10248.0, 10239.0, 10245.0, 10222.0, 10241.0, 10183.0, 10248.0, 10210.0, 10251.0, 10203.0, 10238.0, 10220.0, 10235.0, 10219.0, 10216.0, 10204.0, 10181.0, 10254.0, 10185.0, 10207.0, 10211.0, 10231.0, 10213.0, 10195.0, 10211.0, 10188.0, 10182.0, 10194.0, 10204.0, 10263.0, 10222.0, 10246.0, 10249.0, 10198.0, 10233.0, 10195.0, 10247.0, 10207.0, 10246.0, 10188.0, 10240.0, 10175.0, 10181.0, 10178.0, 10224.0, 10223.0, 10238.0, 10228.0, 10228.0, 10244.0, 10225.0, 10250.0, 10249.0, 10232.0, 10212.0, 10229.0, 10214.0, 10226.0, 10188.0, 10231.0, 10199.0, 10256.0, 10220.0, 10191.0, 10211.0, 10233.0, 10206.0, 10203.0, 10264.0, 10208.0, 10215.0, 10195.0, 10195.0, 10225.0, 10200.0, 10234.0, 10198.0, 10187.0, 10196.0, 10246.0, 10196.0, 10217.0, 10182.0, 10198.0, 10197.0, 10197.0, 10207.0, 10235.0, 10208.0, 10232.0, 10217.0, 10226.0, 10223.0, 10244.0, 10250.0, 10230.0, 10246.0, 10195.0, 10222.0, 10217.0, 10196.0, 10228.0, 10203.0, 10223.0, 10234.0, 10180.0, 10232.0, 10191.0, 10196.0, 10224.0, 10221.0, 10247.0, 10216.0, 10210.0, 10239.0, 10222.0, 10203.0, 10226.0, 10217.0, 10272.0, 10237.0, 10251.0, 10226.0, 10235.0, 10226.0, 10250.0, 10222.0, 10228.0, 10234.0, 10209.0, 10249.0, 10219.0, 10238.0, 10208.0, 10191.0, 10237.0, 10185.0, 10222.0, 10198.0, 10225.0, 10197.0, 10216.0, 10204.0, 10187.0, 10217.0, 10178.0, 10221.0, 10226.0, 10231.0, 10203.0, 10214.0, 10209.0, 10203.0, 10229.0, 10233.0, 10206.0, 10186.0, 10232.0, 10170.0, 10202.0, 10181.0, 10220.0, 10185.0, 10224.0, 10185.0, 10195.0, 10202.0, 10186.0, 10219.0, 10167.0, 10163.0, 10177.0, 10220.0, 10170.0, 10195.0, 10174.0, 10209.0, 10183.0, 10215.0, 10187.0, 10208.0, 10177.0, 10202.0, 10178.0, 10221.0, 10197.0, 10237.0, 10182.0, 10190.0, 10206.0, 10178.0, 10193.0, 10201.0, 10184.0, 10201.0, 10247.0, 10202.0, 10226.0, 10223.0, 10211.0, 10178.0, 10170.0, 10176.0, 10162.0, 10194.0, 10166.0, 10174.0, 10220.0, 10180.0, 10192.0, 10176.0, 10155.0, 10202.0, 10163.0, 10215.0, 10176.0, 10202.0, 10173.0, 10190.0, 10143.0, 10181.0, 10150.0, 10174.0, 10161.0, 10194.0, 10173.0, 10213.0, 10190.0, 10178.0, 10225.0, 10191.0, 10183.0, 10178.0, 10206.0, 10188.0, 10190.0, 10207.0, 10197.0, 10230.0, 10226.0, 10209.0, 10180.0, 10183.0, 10207.0, 10168.0, 10203.0, 10203.0, 10243.0, 10223.0, 10214.0, 10219.0, 10181.0, 10168.0, 10203.0, 10170.0, 10209.0, 10175.0, 10192.0, 10207.0, 10193.0, 10150.0, 10200.0, 10180.0, 10190.0, 10189.0, 10161.0, 10219.0, 10183.0, 10209.0, 10196.0, 10196.0, 10242.0, 10198.0, 10202.0, 10222.0, 10174.0, 10175.0, 10207.0, 10168.0, 10208.0, 10174.0, 10201.0, 10195.0, 10154.0, 10205.0, 10162.0, 10207.0, 10172.0, 10165.0, 10216.0, 10164.0, 10197.0, 10170.0, 10201.0, 10173.0, 10166.0, 10216.0, 10184.0, 10169.0, 10171.0, 10148.0, 10172.0, 10157.0, 10180.0, 10164.0, 10178.0, 10200.0, 10198.0, 10163.0, 10141.0, 10144.0, 10168.0, 10191.0, 10200.0, 10165.0, 10195.0, 10167.0, 10169.0, 10220.0, 10177.0, 10158.0, 10209.0, 10164.0, 10209.0, 10170.0, 10145.0, 10204.0, 10182.0, 10211.0, 10171.0, 10174.0, 10223.0, 10167.0, 10181.0, 10151.0, 10185.0, 10145.0, 10162.0, 10181.0, 10147.0, 10190.0, 10150.0, 10177.0, 10142.0, 10200.0, 10166.0, 10160.0, 10196.0, 10142.0, 10145.0, 10170.0, 10165.0, 10200.0, 10173.0, 10193.0, 10148.0, 10149.0, 10193.0, 10157.0, 10157.0, 10181.0, 10166.0, 10193.0, 10180.0, 10203.0, 10174.0, 10176.0, 10187.0, 10173.0, 10200.0, 10159.0, 10205.0, 10163.0, 10201.0, 10182.0, 10186.0, 10209.0, 10172.0, 10212.0, 10185.0, 10206.0, 10162.0, 10159.0, 10170.0, 10169.0, 10179.0, 10157.0, 10207.0, 10141.0, 10153.0, 10197.0, 10146.0, 10170.0, 10145.0, 10181.0, 10158.0, 10169.0, 10196.0, 10160.0, 10148.0, 10174.0, 10154.0, 10206.0, 10180.0, 10211.0, 10217.0, 10203.0, 10171.0, 10189.0, 10142.0, 10154.0, 10189.0, 10146.0, 10177.0, 10156.0, 10168.0, 10176.0, 10153.0, 10202.0, 10178.0, 10167.0, 10211.0, 10187.0, 10151.0, 10195.0, 10151.0, 10186.0, 10163.0, 10209.0, 10152.0, 10129.0, 10172.0, 10134.0, 10150.0, 10169.0, 10168.0, 10142.0, 10192.0, 10155.0, 10182.0, 10160.0, 10185.0, 10137.0, 10130.0, 10187.0, 10153.0, 10150.0, 10136.0, 10169.0, 10129.0, 10152.0, 10157.0, 10168.0, 10196.0, 10144.0, 10174.0, 10160.0, 10194.0, 10162.0, 10164.0, 10218.0, 10174.0, 10162.0, 10202.0, 10160.0, 10206.0, 10184.0, 10176.0, 10196.0, 10165.0, 10154.0, 10180.0, 10176.0, 10208.0, 10159.0, 10149.0, 10200.0, 10168.0, 10136.0, 10167.0, 10145.0, 10194.0, 10156.0, 10135.0, 10192.0, 10139.0, 10175.0, 10157.0, 10163.0, 10199.0, 10185.0, 10164.0, 10207.0, 10170.0, 10165.0, 10211.0, 10172.0, 10159.0, 10176.0, 10145.0, 10194.0, 10175.0, 10160.0, 10143.0, 10171.0, 10161.0, 10192.0], "WindowWidth": [21838.0, 21788.0, 21730.0, 21762.0, 21742.0, 21755.0, 21828.0, 21760.0, 21780.0, 21817.0, 21712.0, 21793.0, 21774.0, 21786.0, 21741.0, 21780.0, 21665.0, 21791.0, 21715.0, 21802.0, 21710.0, 21774.0, 21733.0, 21769.0, 21733.0, 21724.0, 21702.0, 21655.0, 21797.0, 21664.0, 21709.0, 21715.0, 21752.0, 21719.0, 21680.0, 21717.0, 21666.0, 21656.0, 21684.0, 21710.0, 21827.0, 21744.0, 21791.0, 21790.0, 21690.0, 21764.0, 21685.0, 21788.0, 21710.0, 21779.0, 21667.0, 21769.0, 21638.0, 21651.0, 21647.0, 21739.0, 21733.0, 21767.0, 21750.0, 21756.0, 21789.0, 21747.0, 21793.0, 21784.0, 21755.0, 21714.0, 21750.0, 21717.0, 21743.0, 21666.0, 21750.0, 21680.0, 21795.0, 21724.0, 21673.0, 21707.0, 21751.0, 21696.0, 21689.0, 21812.0, 21699.0, 21717.0, 21677.0, 21676.0, 21739.0, 21685.0, 21754.0, 21680.0, 21658.0, 21674.0, 21771.0, 21677.0, 21721.0, 21655.0, 21679.0, 21684.0, 21685.0, 21698.0, 21759.0, 21707.0, 21761.0, 21728.0, 21746.0, 21745.0, 21780.0, 21792.0, 21749.0, 21780.0, 21676.0, 21737.0, 21723.0, 21682.0, 21749.0, 21699.0, 21732.0, 21747.0, 21641.0, 21745.0, 21662.0, 21675.0, 21740.0, 21730.0, 21786.0, 21720.0, 21706.0, 21769.0, 21728.0, 21694.0, 21746.0, 21731.0, 21841.0, 21770.0, 21794.0, 21743.0, 21763.0, 21742.0, 21785.0, 21730.0, 21751.0, 21757.0, 21708.0, 21794.0, 21729.0, 21767.0, 21705.0, 21671.0, 21758.0, 21660.0, 21735.0, 21680.0, 21739.0, 21683.0, 21719.0, 21693.0, 21656.0, 21719.0, 21645.0, 21726.0, 21734.0, 21754.0, 21697.0, 21716.0, 21706.0, 21695.0, 21744.0, 21752.0, 21697.0, 21659.0, 21748.0, 21626.0, 21686.0, 21649.0, 21725.0, 21655.0, 21735.0, 21657.0, 21673.0, 21685.0, 21657.0, 21719.0, 21618.0, 21608.0, 21634.0, 21721.0, 21622.0, 21671.0, 21635.0, 21705.0, 21649.0, 21717.0, 21661.0, 21700.0, 21637.0, 21688.0, 21646.0, 21732.0, 21678.0, 21758.0, 21646.0, 21660.0, 21691.0, 21641.0, 21667.0, 21686.0, 21660.0, 21688.0, 21782.0, 21688.0, 21738.0, 21723.0, 21706.0, 21636.0, 21620.0, 21633.0, 21603.0, 21666.0, 21615.0, 21627.0, 21713.0, 21633.0, 21656.0, 21624.0, 21586.0, 21678.0, 21603.0, 21705.0, 21628.0, 21678.0, 21619.0, 21650.0, 21552.0, 21633.0, 21572.0, 21619.0, 21597.0, 21665.0, 21624.0, 21703.0, 21659.0, 21630.0, 21722.0, 21651.0, 21645.0, 21629.0, 21688.0, 21660.0, 21665.0, 21697.0, 21681.0, 21748.0, 21729.0, 21700.0, 21640.0, 21643.0, 21693.0, 21621.0, 21686.0, 21688.0, 21771.0, 21723.0, 21704.0, 21716.0, 21636.0, 21605.0, 21681.0, 21615.0, 21691.0, 21624.0, 21657.0, 21688.0, 21660.0, 21575.0, 21671.0, 21633.0, 21661.0, 21655.0, 21603.0, 21718.0, 21644.0, 21694.0, 21675.0, 21672.0, 21762.0, 21675.0, 21676.0, 21719.0, 21625.0, 21625.0, 21689.0, 21612.0, 21691.0, 21621.0, 21680.0, 21662.0, 21585.0, 21686.0, 21600.0, 21688.0, 21627.0, 21613.0, 21707.0, 21606.0, 21668.0, 21613.0, 21683.0, 21625.0, 21610.0, 21709.0, 21641.0, 21607.0, 21609.0, 21565.0, 21617.0, 21582.0, 21629.0, 21601.0, 21628.0, 21673.0, 21665.0, 21600.0, 21549.0, 21557.0, 21607.0, 21658.0, 21672.0, 21607.0, 21670.0, 21607.0, 21607.0, 21710.0, 21623.0, 21586.0, 21689.0, 21597.0, 21691.0, 21613.0, 21565.0, 21683.0, 21635.0, 21696.0, 21618.0, 21622.0, 21716.0, 21603.0, 21633.0, 21573.0, 21639.0, 21558.0, 21591.0, 21631.0, 21564.0, 21649.0, 21575.0, 21627.0, 21559.0, 21670.0, 21600.0, 21589.0, 21664.0, 21556.0, 21559.0, 21610.0, 21598.0, 21673.0, 21619.0, 21652.0, 21562.0, 21566.0, 21654.0, 21582.0, 21581.0, 21632.0, 21606.0, 21669.0, 21633.0, 21680.0, 21622.0, 21625.0, 21649.0, 21614.0, 21667.0, 21589.0, 21679.0, 21599.0, 21674.0, 21639.0, 21646.0, 21687.0, 21619.0, 21699.0, 21638.0, 21676.0, 21591.0, 21581.0, 21605.0, 21606.0, 21625.0, 21584.0, 21686.0, 21558.0, 21574.0, 21658.0, 21562.0, 21606.0, 21557.0, 21631.0, 21589.0, 21606.0, 21662.0, 21587.0, 21566.0, 21620.0, 21584.0, 21688.0, 21638.0, 21691.0, 21706.0, 21672.0, 21610.0, 21643.0, 21548.0, 21572.0, 21639.0, 21557.0, 21620.0, 21581.0, 21606.0, 21627.0, 21586.0, 21679.0, 21630.0, 21610.0, 21697.0, 21642.0, 21571.0, 21662.0, 21579.0, 21638.0, 21591.0, 21685.0, 21569.0, 21521.0, 21606.0, 21530.0, 21562.0, 21598.0, 21601.0, 21551.0, 21648.0, 21575.0, 21636.0, 21590.0, 21637.0, 21541.0, 21531.0, 21641.0, 21571.0, 21563.0, 21538.0, 21598.0, 21526.0, 21571.0, 21583.0, 21600.0, 21658.0, 21558.0, 21617.0, 21591.0, 21655.0, 21590.0, 21594.0, 21705.0, 21612.0, 21586.0, 21668.0, 21592.0, 21682.0, 21633.0, 21617.0, 21658.0, 21598.0, 21569.0, 21627.0, 21624.0, 21687.0, 21589.0, 21572.0, 21666.0, 21600.0, 21537.0, 21597.0, 21554.0, 21655.0, 21576.0, 21532.0, 21645.0, 21547.0, 21615.0, 21585.0, 21599.0, 21673.0, 21642.0, 21602.0, 21683.0, 21606.0, 21600.0, 21691.0, 21612.0, 21588.0, 21623.0, 21556.0, 21654.0, 21610.0, 21580.0, 21552.0, 21610.0, 21588.0, 21646.0]}, "slices": {}}}