{"AcquisitionMatrixPE": 96, "AcquisitionNumber": 1, "AcquisitionTime": "07:54:48.480000", "BandwidthPerPixelPhaseEncode": 33.602, "BaseResolution": 96, "BodyPartExamined": "BRAIN", "ConsistencyInfo": "N4_VD13A_LATEST_20120616", "ConversionSoftware": "dcm2niix", "ConversionSoftwareVersion": "v1.0.20210317", "DerivedVendorReportedEchoSpacing": 0.000620003, "DeviceSerialNumber": "45239", "DwellTime": 2.6e-06, "EchoTime": 0.03, "EchoTrainLength": 47, "EffectiveEchoSpacing": 0.000310001, "FlipAngle": 63, "ImageComments": "Unaliased MB4/PE3", "ImageOrientationPatientDICOM": [0.999774, 0.0102053, -0.0186467, -0.0184984, 0.849849, -0.526701], "ImageType": ["ORIGINAL", "PRIMARY", "M", "ND", "NORM", "MOSAIC"], "ImagingFrequency": 123.193, "InPlanePhaseEncodingDirectionDICOM": "COL", "InstitutionAddress": "E 24th St. 100,Austin,Southmiddle,US,78712", "InstitutionName": "Univ of Texas at Austin", "InstitutionalDepartmentName": "IRC", "MRAcquisitionType": "2D", "MagneticFieldStrength": 3, "Manufacturer": "Siemens", "ManufacturersModelName": "Skyra", "Modality": "MR", "MultibandAccelerationFactor": 4, "ParallelReductionFactorInPlane": 2, "PartialFourier": 1, "PatientPosition": "HFS", "PercentPhaseFOV": 100, "PercentSampling": 100, "PhaseEncodingDirection": "j-", "PhaseEncodingSteps": 95, "PhaseResolution": 1, "PixelBandwidth": 2005, "ProcedureStepDescription": "Poldrack2^self-scanning", "ProtocolName": "faces_localizer-run2", "PulseSequenceDetails": "%CustomerSeq%\\cmrr_mbep2d_bold", "ReceiveCoilActiveElements": "HEA;HEP", "ReceiveCoilName": "Head_32", "ReconMatrixPE": 96, "RefLinesPE": 48, "RepetitionTime": 1.16, "SAR": 0.118219, "ScanOptions": "FS", "ScanningSequence": "EP", "SequenceName": "epfid2d1_96", "SequenceVariant": "SK", "SeriesDescription": "faces_localizer-run2", "SeriesNumber": 10, "ShimSetting": [-2768, 7981, -15466, -94, -409, 335, 95, 57], "SliceThickness": 2, "SliceTiming": [0, 0.5, 0.9975, 0.3575, 0.855, 0.215, 0.7125, 0.0725, 0.57, 1.07, 0.4275, 0.9275, 0.285, 0.785, 0.1425, 0.6425, 0, 0.5, 0.9975, 0.3575, 0.855, 0.215, 0.7125, 0.0725, 0.57, 1.07, 0.4275, 0.9275, 0.285, 0.785, 0.1425, 0.6425, 0, 0.5, 0.9975, 0.3575, 0.855, 0.215, 0.7125, 0.0725, 0.57, 1.07, 0.4275, 0.9275, 0.285, 0.785, 0.1425, 0.6425, 0, 0.5, 0.9975, 0.3575, 0.855, 0.215, 0.7125, 0.0725, 0.57, 1.07, 0.4275, 0.9275, 0.285, 0.785, 0.1425, 0.6425], "SoftwareVersions": "syngo MR D13", "SpacingBetweenSlices": 2.4, "StationName": "AWP45239", "TaskName": "Object recognition task", "TotalReadoutTime": 0.0294501, "TxRefAmp": 340.824, "WipMemBlock": "65d373dc-2cf8-4fb0-a7b7-7652b87100cb||Sequence: vd13a/R010 r/fd129fc; Dec 13 2013 16:14:27 by eja", "dcmmeta_affine": [[-2.395291805267334, -0.04431914910674095, -0.025132255628705025, 120.69869995117188], [-0.024450253695249557, 2.036097288131714, -1.2646245956420898, -81.03028106689453], [-0.044674500823020935, 1.2618876695632935, 2.039630651473999, -83.58621215820312], [0.0, 0.0, 0.0, 1.0]], "dcmmeta_reorient_transform": [[0.0, -1.0, 0.0, 95.0], [1.0, 0.0, 0.0, 0.0], [0.0, 0.0, 1.0, 0.0], [0.0, 0.0, 0.0, 1.0]], "dcmmeta_shape": [96, 96, 64, 270], "dcmmeta_slice_dim": 2, "dcmmeta_version": 0.6, "global": {"const": {"AcquisitionMatrix": [96, 0, 0, 96], "AngioFlag": "N", "BitsAllocated": 16, "BitsStored": 16, "BodyPartExamined": "BRAIN", "Columns": 768, "DeidentificationMethodCodeSequence": [{"CodeMeaning": "XNAT Edit Script", "CodeValue": "93", "CodingSchemeDesignator": "XNAT", "CodingSchemeVersion": "0.1"}], "EchoNumbers": 1, "EchoTime": 30.0, "EchoTrainLength": 47, "FlipAngle": 63.0, "HighBit": 15, "ImageOrientationPatient": [0.99977404952276, 0.01020532393808, -0.0186467494265, -0.0184984285776, 0.84984933484753, -0.5267009741773], "ImagePositionPatient": [-906.41523205444, -804.74294324662, 475.29801979486], "ImageType": ["ORIGINAL", "PRIMARY", "M", "ND", "NORM", "MOSAIC"], "ImagedNucleus": "1H", "ImagingFrequency": 123.192849, "InPlanePhaseEncodingDirection": "COL", "MRAcquisitionType": "2D", "MagneticFieldStrength": 3.0, "Manufacturer": "SIEMENS", "ManufacturerModelName": "Skyra", "Modality": "MR", "NumberOfAverages": 1.0, "NumberOfPhaseEncodingSteps": 95, "PercentPhaseFieldOfView": 100.0, "PercentSampling": 100.0, "PerformedProcedureStepStartTime": "071851.708000", "PhotometricInterpretation": "MONOCHROME2", "PixelBandwidth": 2005.0, "PixelRepresentation": 0, "PixelSpacing": [2.3958332538605, 2.3958332538605], "ProtocolName": "faces_localizer-run2", "RepetitionTime": 1160.0, "Rows": 768, "SAR": 0.11821877013478, "SamplesPerPixel": 1, "ScanOptions": "FS", "ScanningSequence": "EP", "SequenceName": "epfid2d1_96", "SequenceVariant": "SK", "SeriesDescription": "faces_localizer-run2", "SeriesNumber": 10, "SeriesTime": "075513.201000", "SliceLocation": -29.602315209086, "SliceThickness": 2.0, "SmallestImagePixelValue": 0, "SoftwareVersions": "syngo MR D13", "SpacingBetweenSlices": 2.4000000034749, "SpecificCharacterSet": "ISO_IR 100", "StudyID": "1", "StudyTime": "071851.662000", "TransmitCoilName": "Body", "VariableFlipAngleFlag": "N", "WindowCenterWidthExplanation": "Algo1", "dBdt": 0.0}, "slices": {}}, "time": {"samples": {"AcquisitionNumber": [1, 2, 3, 4, 5, 6, 7, 8, 9, 10, 11, 12, 13, 14, 15, 16, 17, 18, 19, 20, 21, 22, 23, 24, 25, 26, 27, 28, 29, 30, 31, 32, 33, 34, 35, 36, 37, 38, 39, 40, 41, 42, 43, 44, 45, 46, 47, 48, 49, 50, 51, 52, 53, 54, 55, 56, 57, 58, 59, 60, 61, 62, 63, 64, 65, 66, 67, 68, 69, 70, 71, 72, 73, 74, 75, 76, 77, 78, 79, 80, 81, 82, 83, 84, 85, 86, 87, 88, 89, 90, 91, 92, 93, 94, 95, 96, 97, 98, 99, 100, 101, 102, 103, 104, 105, 106, 107, 108, 109, 110, 111, 112, 113, 114, 115, 116, 117, 118, 119, 120, 121, 122, 123, 124, 125, 126, 127, 128, 129, 130, 131, 132, 133, 134, 135, 136, 137, 138, 139, 140, 141, 142, 143, 144, 145, 146, 147, 148, 149, 150, 151, 152, 153, 154, 155, 156, 157, 158, 159, 160, 161, 162, 163, 164, 165, 166, 167, 168, 169, 170, 171, 172, 173, 174, 175, 176, 177, 178, 179, 180, 181, 182, 183, 184, 185, 186, 187, 188, 189, 190, 191, 192, 193, 194, 195, 196, 197, 198, 199, 200, 201, 202, 203, 204, 205, 206, 207, 208, 209, 210, 211, 212, 213, 214, 215, 216, 217, 218, 219, 220, 221, 222, 223, 224, 225, 226, 227, 228, 229, 230, 231, 232, 233, 234, 235, 236, 237, 238, 239, 240, 241, 242, 243, 244, 245, 246, 247, 248, 249, 250, 251, 252, 253, 254, 255, 256, 257, 258, 259, 260, 261, 262, 263, 264, 265, 266, 267, 268, 269, 270], "AcquisitionTime": ["075448.480000", "075455.420000", "075456.580000", "075457.740000", "075458.900000", "075500.060000", "075501.220000", "075502.380000", "075503.540000", "075504.700000", "075505.860000", "075507.020000", "075508.180000", "075509.340000", "075510.500000", "075511.660000", "075512.820000", "075513.980000", "075515.140000", "075516.300000", "075517.460000", "075518.620000", "075519.780000", "075520.940000", "075522.100000", "075523.260000", "075524.420000", "075525.580000", "075526.740000", "075527.900000", "075529.060000", "075530.220000", "075531.380000", "075532.540000", "075533.700000", "075534.860000", "075536.020000", "075537.180000", "075538.340000", "075539.500000", "075540.660000", "075541.820000", "075542.980000", "075544.140000", "075545.300000", "075546.460000", "075547.620000", "075548.780000", "075549.940000", "075551.100000", "075552.260000", "075553.420000", "075554.580000", "075555.740000", "075556.900000", "075558.060000", "075559.220000", "075600.380000", "075601.540000", "075602.700000", "075603.860000", "075605.022500", "075606.182500", "075607.342500", "075608.502500", "075609.662500", "075610.822500", "075611.982500", "075613.142500", "075614.302500", "075615.462500", "075616.622500", "075617.782500", "075618.942500", "075620.102500", "075621.262500", "075622.422500", "075623.582500", "075624.742500", "075625.902500", "075627.062500", "075628.222500", "075629.382500", "075630.542500", "075631.702500", "075632.862500", "075634.022500", "075635.182500", "075636.342500", "075637.502500", "075638.662500", "075639.822500", "075640.982500", "075642.142500", "075643.302500", "075644.462500", "075645.622500", "075646.782500", "075647.942500", "075649.102500", "075650.262500", "075651.422500", "075652.582500", "075653.742500", "075654.902500", "075656.062500", "075657.222500", "075658.382500", "075659.542500", "075700.702500", "075701.862500", "075703.022500", "075704.182500", "075705.342500", "075706.502500", "075707.662500", "075708.822500", "075709.982500", "075711.142500", "075712.302500", "075713.462500", "075714.622500", "075715.782500", "075716.942500", "075718.102500", "075719.262500", "075720.422500", "075721.582500", "075722.742500", "075723.902500", "075725.062500", "075726.222500", "075727.382500", "075728.542500", "075729.702500", "075730.862500", "075732.022500", "075733.182500", "075734.342500", "075735.502500", "075736.662500", "075737.822500", "075738.982500", "075740.142500", "075741.302500", "075742.462500", "075743.622500", "075744.782500", "075745.942500", "075747.102500", "075748.262500", "075749.422500", "075750.582500", "075751.742500", "075752.902500", "075754.062500", "075755.222500", "075756.382500", "075757.542500", "075758.702500", "075759.862500", "075801.022500", "075802.182500", "075803.342500", "075804.502500", "075805.662500", "075806.822500", "075807.982500", "075809.142500", "075810.302500", "075811.462500", "075812.622500", "075813.782500", "075814.942500", "075816.102500", "075817.262500", "075818.422500", "075819.582500", "075820.742500", "075821.902500", "075823.062500", "075824.222500", "075825.382500", "075826.542500", "075827.702500", "075828.862500", "075830.022500", "075831.182500", "075832.342500", "075833.502500", "075834.662500", "075835.822500", "075836.982500", "075838.142500", "075839.302500", "075840.462500", "075841.622500", "075842.782500", "075843.942500", "075845.102500", "075846.262500", "075847.422500", "075848.582500", "075849.742500", "075850.902500", "075852.062500", "075853.222500", "075854.382500", "075855.542500", "075856.702500", "075857.862500", "075859.022500", "075900.182500", "075901.342500", "075902.502500", "075903.662500", "075904.822500", "075905.982500", "075907.142500", "075908.302500", "075909.462500", "075910.622500", "075911.782500", "075912.942500", "075914.102500", "075915.262500", "075916.422500", "075917.582500", "075918.742500", "075919.902500", "075921.062500", "075922.222500", "075923.382500", "075924.542500", "075925.702500", "075926.862500", "075928.022500", "075929.182500", "075930.342500", "075931.502500", "075932.662500", "075933.822500", "075934.982500", "075936.142500", "075937.302500", "075938.462500", "075939.622500", "075940.782500", "075941.942500", "075943.102500", "075944.262500", "075945.422500", "075946.582500", "075947.742500", "075948.902500", "075950.062500", "075951.222500", "075952.382500", "075953.542500", "075954.702500", "075955.862500", "075957.022500", "075958.182500", "075959.342500", "080000.502500", "080001.662500", "080002.822500", "080003.982500", "080005.142500", "080006.302500"], "ContentTime": ["075513.205000", "075513.210000", "075513.214000", "075513.217000", "075513.221000", "075513.225000", "075513.229000", "075513.233000", "075513.237000", "075553.167000", "075553.172000", "075553.179000", "075553.182000", "075553.187000", "075553.190000", "075553.194000", "075553.198000", "075553.202000", "075553.207000", "075553.211000", "075553.215000", "075553.219000", "075553.223000", "075553.227000", "075553.231000", "075553.235000", "075553.239000", "075553.243000", "075553.247000", "075553.252000", "075553.256000", "075553.260000", "075553.264000", "075553.268000", "075553.272000", "075553.275000", "075553.279000", "075553.284000", "075553.288000", "075553.292000", "075553.295000", "075553.299000", "075553.303000", "075553.307000", "075553.311000", "075553.315000", "075553.319000", "075553.323000", "075633.166000", "075633.175000", "075633.179000", "075633.183000", "075633.186000", "075633.190000", "075633.194000", "075633.198000", "075633.202000", "075633.206000", "075633.210000", "075633.213000", "075633.217000", "075633.221000", "075633.225000", "075633.229000", "075633.233000", "075633.237000", "075633.240000", "075633.244000", "075633.248000", "075633.252000", "075633.256000", "075633.260000", "075633.264000", "075633.268000", "075633.273000", "075633.277000", "075633.281000", "075633.285000", "075633.294000", "075633.298000", "075633.302000", "075633.306000", "075633.310000", "075633.314000", "075713.168000", "075713.173000", "075713.188000", "075713.192000", "075713.195000", "075713.200000", "075713.204000", "075713.207000", "075713.211000", "075713.215000", "075713.219000", "075713.223000", "075713.227000", "075713.231000", "075713.235000", "075713.239000", "075713.243000", "075713.247000", "075713.251000", "075713.256000", "075713.260000", "075713.264000", "075713.268000", "075713.272000", "075713.276000", "075713.280000", "075713.284000", "075713.288000", "075713.292000", "075713.296000", "075713.300000", "075713.304000", "075713.307000", "075713.312000", "075753.168000", "075753.177000", "075753.181000", "075753.185000", "075753.189000", "075753.193000", "075753.205000", "075753.209000", "075753.213000", "075753.217000", "075753.221000", "075753.225000", "075753.229000", "075753.233000", "075753.237000", "075753.241000", "075753.245000", "075753.250000", "075753.254000", "075753.258000", "075753.261000", "075753.266000", "075753.269000", "075753.273000", "075753.278000", "075753.282000", "075753.286000", "075753.290000", "075753.293000", "075753.298000", "075753.302000", "075753.306000", "075753.310000", "075753.314000", "075753.318000", "075833.168000", "075833.172000", "075833.176000", "075833.180000", "075833.184000", "075833.188000", "075833.192000", "075833.196000", "075833.200000", "075833.204000", "075833.208000", "075833.211000", "075833.215000", "075833.222000", "075833.226000", "075833.230000", "075833.234000", "075833.238000", "075833.242000", "075833.246000", "075833.250000", "075833.254000", "075833.258000", "075833.262000", "075833.266000", "075833.270000", "075833.274000", "075833.278000", "075833.282000", "075833.286000", "075833.290000", "075833.293000", "075833.297000", "075833.302000", "075913.167000", "075913.172000", "075913.181000", "075913.185000", "075913.200000", "075913.204000", "075913.209000", "075913.213000", "075913.217000", "075913.221000", "075913.225000", "075913.229000", "075913.233000", "075913.237000", "075913.242000", "075913.245000", "075913.249000", "075913.254000", "075913.258000", "075913.262000", "075913.266000", "075913.269000", "075913.273000", "075913.277000", "075913.281000", "075913.284000", "075913.289000", "075913.292000", "075913.296000", "075913.300000", "075913.304000", "075913.308000", "075913.312000", "075913.315000", "075913.320000", "075953.169000", "075953.173000", "075953.177000", "075953.181000", "075953.185000", "075953.189000", "075953.193000", "075953.197000", "075953.201000", "075953.205000", "075953.209000", "075953.213000", "075953.217000", "075953.221000", "075953.225000", "075953.229000", "075953.233000", "075953.237000", "075953.241000", "075953.245000", "075953.249000", "075953.253000", "075953.257000", "075953.261000", "075953.265000", "075953.269000", "075953.273000", "075953.277000", "075953.281000", "075953.285000", "075953.289000", "075953.293000", "075953.297000", "075953.301000", "080008.601000", "080008.605000", "080008.609000", "080008.613000", "080008.617000", "080008.621000", "080008.625000", "080008.628000", "080008.632000", "080008.636000", "080008.640000", "080008.644000", "080008.648000", "080008.652000"], "InstanceCreationTime": ["075513.205000", "075513.210000", "075513.214000", "075513.217000", "075513.221000", "075513.225000", "075513.229000", "075513.233000", "075513.237000", "075553.167000", "075553.172000", "075553.179000", "075553.182000", "075553.187000", "075553.190000", "075553.194000", "075553.198000", "075553.202000", "075553.207000", "075553.211000", "075553.215000", "075553.219000", "075553.223000", "075553.227000", "075553.231000", "075553.235000", "075553.239000", "075553.243000", "075553.247000", "075553.252000", "075553.256000", "075553.260000", "075553.264000", "075553.268000", "075553.272000", "075553.275000", "075553.279000", "075553.284000", "075553.288000", "075553.292000", "075553.295000", "075553.299000", "075553.303000", "075553.307000", "075553.311000", "075553.315000", "075553.319000", "075553.323000", "075633.166000", "075633.175000", "075633.179000", "075633.183000", "075633.186000", "075633.190000", "075633.194000", "075633.198000", "075633.202000", "075633.206000", "075633.210000", "075633.213000", "075633.217000", "075633.221000", "075633.225000", "075633.229000", "075633.233000", "075633.237000", "075633.240000", "075633.244000", "075633.248000", "075633.252000", "075633.256000", "075633.260000", "075633.264000", "075633.268000", "075633.273000", "075633.277000", "075633.281000", "075633.285000", "075633.294000", "075633.298000", "075633.302000", "075633.306000", "075633.310000", "075633.314000", "075713.168000", "075713.173000", "075713.188000", "075713.192000", "075713.195000", "075713.200000", "075713.204000", "075713.207000", "075713.211000", "075713.215000", "075713.219000", "075713.223000", "075713.227000", "075713.231000", "075713.235000", "075713.239000", "075713.243000", "075713.247000", "075713.251000", "075713.256000", "075713.260000", "075713.264000", "075713.268000", "075713.272000", "075713.276000", "075713.280000", "075713.284000", "075713.288000", "075713.292000", "075713.296000", "075713.300000", "075713.304000", "075713.307000", "075713.312000", "075753.168000", "075753.177000", "075753.181000", "075753.185000", "075753.189000", "075753.193000", "075753.205000", "075753.209000", "075753.213000", "075753.217000", "075753.221000", "075753.225000", "075753.229000", "075753.233000", "075753.237000", "075753.241000", "075753.245000", "075753.250000", "075753.254000", "075753.258000", "075753.261000", "075753.266000", "075753.269000", "075753.273000", "075753.278000", "075753.282000", "075753.286000", "075753.290000", "075753.293000", "075753.298000", "075753.302000", "075753.306000", "075753.310000", "075753.314000", "075753.318000", "075833.168000", "075833.172000", "075833.176000", "075833.180000", "075833.184000", "075833.188000", "075833.192000", "075833.196000", "075833.200000", "075833.204000", "075833.208000", "075833.211000", "075833.215000", "075833.222000", "075833.226000", "075833.230000", "075833.234000", "075833.238000", "075833.242000", "075833.246000", "075833.250000", "075833.254000", "075833.258000", "075833.262000", "075833.266000", "075833.270000", "075833.274000", "075833.278000", "075833.282000", "075833.286000", "075833.290000", "075833.293000", "075833.297000", "075833.302000", "075913.167000", "075913.172000", "075913.181000", "075913.185000", "075913.200000", "075913.204000", "075913.209000", "075913.213000", "075913.217000", "075913.221000", "075913.225000", "075913.229000", "075913.233000", "075913.237000", "075913.242000", "075913.245000", "075913.249000", "075913.254000", "075913.258000", "075913.262000", "075913.266000", "075913.269000", "075913.273000", "075913.277000", "075913.281000", "075913.284000", "075913.289000", "075913.292000", "075913.296000", "075913.300000", "075913.304000", "075913.308000", "075913.312000", "075913.315000", "075913.320000", "075953.169000", "075953.173000", "075953.177000", "075953.181000", "075953.185000", "075953.189000", "075953.193000", "075953.197000", "075953.201000", "075953.205000", "075953.209000", "075953.213000", "075953.217000", "075953.221000", "075953.225000", "075953.229000", "075953.233000", "075953.237000", "075953.241000", "075953.245000", "075953.249000", "075953.253000", "075953.257000", "075953.261000", "075953.265000", "075953.269000", "075953.273000", "075953.277000", "075953.281000", "075953.285000", "075953.289000", "075953.293000", "075953.297000", "075953.301000", "080008.601000", "080008.605000", "080008.609000", "080008.613000", "080008.617000", "080008.621000", "080008.625000", "080008.628000", "080008.632000", "080008.636000", "080008.640000", "080008.644000", "080008.648000", "080008.652000"], "InstanceNumber": [1, 2, 3, 4, 5, 6, 7, 8, 9, 10, 11, 12, 13, 14, 15, 16, 17, 18, 19, 20, 21, 22, 23, 24, 25, 26, 27, 28, 29, 30, 31, 32, 33, 34, 35, 36, 37, 38, 39, 40, 41, 42, 43, 44, 45, 46, 47, 48, 49, 50, 51, 52, 53, 54, 55, 56, 57, 58, 59, 60, 61, 62, 63, 64, 65, 66, 67, 68, 69, 70, 71, 72, 73, 74, 75, 76, 77, 78, 79, 80, 81, 82, 83, 84, 85, 86, 87, 88, 89, 90, 91, 92, 93, 94, 95, 96, 97, 98, 99, 100, 101, 102, 103, 104, 105, 106, 107, 108, 109, 110, 111, 112, 113, 114, 115, 116, 117, 118, 119, 120, 121, 122, 123, 124, 125, 126, 127, 128, 129, 130, 131, 132, 133, 134, 135, 136, 137, 138, 139, 140, 141, 142, 143, 144, 145, 146, 147, 148, 149, 150, 151, 152, 153, 154, 155, 156, 157, 158, 159, 160, 161, 162, 163, 164, 165, 166, 167, 168, 169, 170, 171, 172, 173, 174, 175, 176, 177, 178, 179, 180, 181, 182, 183, 184, 185, 186, 187, 188, 189, 190, 191, 192, 193, 194, 195, 196, 197, 198, 199, 200, 201, 202, 203, 204, 205, 206, 207, 208, 209, 210, 211, 212, 213, 214, 215, 216, 217, 218, 219, 220, 221, 222, 223, 224, 225, 226, 227, 228, 229, 230, 231, 232, 233, 234, 235, 236, 237, 238, 239, 240, 241, 242, 243, 244, 245, 246, 247, 248, 249, 250, 251, 252, 253, 254, 255, 256, 257, 258, 259, 260, 261, 262, 263, 264, 265, 266, 267, 268, 269, 270], "LargestImagePixelValue": [39618, 32174, 44787, 30300, 40803, 29603, 29593, 36754, 34398, 26728, 39946, 26576, 32637, 47216, 43770, 28463, 46567, 26813, 31201, 43700, 29624, 32016, 38772, 47500, 37817, 33740, 45139, 33267, 32007, 26695, 33780, 26631, 36753, 47797, 39894, 31377, 47634, 43827, 34819, 27692, 41480, 35798, 29217, 31453, 43507, 25854, 43221, 28863, 43396, 45970, 32443, 42342, 30099, 44932, 45985, 28713, 28682, 46357, 29792, 26187, 45205, 26497, 30537, 30203, 25302, 27416, 44497, 36192, 27909, 41632, 27413, 27047, 42337, 45146, 33947, 39554, 28815, 27859, 45720, 45040, 36352, 44475, 29450, 31726, 34538, 46267, 28404, 28746, 47661, 30317, 35620, 28704, 34978, 41235, 42818, 25532, 44068, 41123, 26736, 44589, 27507, 43622, 41300, 41748, 38970, 33164, 45856, 48050, 30760, 46473, 45057, 35455, 43738, 36306, 34255, 28551, 34650, 42337, 44828, 25615, 46585, 29571, 36497, 47289, 28635, 34437, 40281, 26584, 46073, 30205, 35686, 45914, 27655, 29425, 36524, 44993, 41241, 31369, 34644, 29248, 30829, 39090, 39985, 36941, 48614, 36478, 32322, 46955, 30039, 40337, 25918, 29549, 26949, 40874, 42279, 28188, 47869, 27995, 42663, 41020, 38134, 46544, 31652, 43553, 36240, 46691, 26989, 31816, 27196, 41201, 45769, 32809, 35444, 31831, 35676, 40571, 31359, 27037, 48438, 30090, 40655, 32894, 28695, 46748, 35366, 41758, 31887, 32410, 43771, 33072, 28698, 25971, 40419, 36053, 39037, 35287, 51296, 26650, 39479, 33521, 29774, 45671, 27057, 38906, 29013, 37075, 46753, 37515, 40224, 29494, 36809, 45919, 37977, 27128, 30145, 30234, 29094, 47116, 44937, 32809, 43153, 28511, 29580, 46104, 34633, 29134, 43462, 29867, 34321, 48256, 27757, 39817, 37002, 32464, 38034, 44607, 30375, 44812, 34694, 28612, 48668, 26539, 31010, 46243, 31586, 32234, 42549, 27256, 41048, 40505, 32005, 39611, 46180, 30456, 39420, 46990, 39216, 34650, 27144, 32927, 27064, 33552, 27292, 31060, 38090, 36449, 48631, 35705, 32628, 28560], "WindowCenter": [10526.0, 10467.0, 10488.0, 10444.0, 10483.0, 10441.0, 10440.0, 10462.0, 10445.0, 10422.0, 10475.0, 10428.0, 10449.0, 10487.0, 10477.0, 10421.0, 10484.0, 10429.0, 10467.0, 10496.0, 10453.0, 10469.0, 10480.0, 10487.0, 10447.0, 10423.0, 10460.0, 10428.0, 10440.0, 10432.0, 10467.0, 10430.0, 10477.0, 10498.0, 10478.0, 10432.0, 10471.0, 10462.0, 10441.0, 10423.0, 10483.0, 10461.0, 10427.0, 10435.0, 10477.0, 10417.0, 10490.0, 10434.0, 10487.0, 10492.0, 10450.0, 10478.0, 10431.0, 10473.0, 10465.0, 10414.0, 10418.0, 10478.0, 10423.0, 10397.0, 10463.0, 10414.0, 10435.0, 10432.0, 10419.0, 10426.0, 10479.0, 10453.0, 10431.0, 10480.0, 10438.0, 10440.0, 10488.0, 10484.0, 10454.0, 10474.0, 10434.0, 10431.0, 10489.0, 10482.0, 10461.0, 10485.0, 10437.0, 10443.0, 10450.0, 10483.0, 10423.0, 10429.0, 10495.0, 10439.0, 10468.0, 10437.0, 10460.0, 10480.0, 10478.0, 10420.0, 10489.0, 10474.0, 10428.0, 10485.0, 10428.0, 10497.0, 10509.0, 10490.0, 10473.0, 10458.0, 10485.0, 10469.0, 10413.0, 10450.0, 10442.0, 10425.0, 10458.0, 10457.0, 10463.0, 10433.0, 10449.0, 10475.0, 10478.0, 10410.0, 10491.0, 10438.0, 10457.0, 10490.0, 10434.0, 10460.0, 10477.0, 10421.0, 10491.0, 10437.0, 10457.0, 10483.0, 10430.0, 10448.0, 10476.0, 10491.0, 10481.0, 10450.0, 10465.0, 10442.0, 10457.0, 10484.0, 10483.0, 10486.0, 10498.0, 10449.0, 10427.0, 10458.0, 10412.0, 10458.0, 10418.0, 10449.0, 10443.0, 10486.0, 10484.0, 10434.0, 10499.0, 10442.0, 10483.0, 10477.0, 10468.0, 10487.0, 10443.0, 10470.0, 10434.0, 10469.0, 10410.0, 10441.0, 10432.0, 10482.0, 10483.0, 10444.0, 10450.0, 10446.0, 10450.0, 10461.0, 10432.0, 10413.0, 10498.0, 10428.0, 10472.0, 10452.0, 10423.0, 10493.0, 10468.0, 10487.0, 10460.0, 10453.0, 10492.0, 10459.0, 10467.0, 10449.0, 10499.0, 10473.0, 10469.0, 10455.0, 10486.0, 10415.0, 10467.0, 10443.0, 10438.0, 10489.0, 10438.0, 10489.0, 10446.0, 10469.0, 10498.0, 10474.0, 10481.0, 10435.0, 10461.0, 10477.0, 10455.0, 10411.0, 10445.0, 10441.0, 10430.0, 10482.0, 10479.0, 10449.0, 10482.0, 10445.0, 10444.0, 10499.0, 10463.0, 10437.0, 10494.0, 10436.0, 10451.0, 10488.0, 10424.0, 10471.0, 10464.0, 10443.0, 10462.0, 10479.0, 10436.0, 10484.0, 10445.0, 10417.0, 10484.0, 10423.0, 10445.0, 10488.0, 10445.0, 10447.0, 10480.0, 10441.0, 10488.0, 10489.0, 10456.0, 10483.0, 10491.0, 10445.0, 10462.0, 10482.0, 10455.0, 10443.0, 10425.0, 10450.0, 10422.0, 10457.0, 10431.0, 10454.0, 10469.0, 10451.0, 10483.0, 10443.0, 10440.0, 10428.0], "WindowWidth": [22371.0, 22219.0, 22259.0, 22163.0, 22240.0, 22151.0, 22148.0, 22188.0, 22156.0, 22111.0, 22222.0, 22124.0, 22165.0, 22250.0, 22227.0, 22107.0, 22244.0, 22126.0, 22213.0, 22273.0, 22178.0, 22210.0, 22230.0, 22248.0, 22156.0, 22102.0, 22189.0, 22113.0, 22143.0, 22134.0, 22206.0, 22131.0, 22227.0, 22278.0, 22225.0, 22126.0, 22212.0, 22191.0, 22147.0, 22112.0, 22237.0, 22191.0, 22119.0, 22135.0, 22224.0, 22095.0, 22257.0, 22140.0, 22248.0, 22265.0, 22172.0, 22228.0, 22127.0, 22207.0, 22196.0, 22090.0, 22095.0, 22225.0, 22109.0, 22051.0, 22189.0, 22089.0, 22133.0, 22128.0, 22102.0, 22117.0, 22227.0, 22173.0, 22126.0, 22234.0, 22145.0, 22150.0, 22253.0, 22244.0, 22182.0, 22224.0, 22136.0, 22129.0, 22254.0, 22237.0, 22193.0, 22243.0, 22140.0, 22155.0, 22165.0, 22237.0, 22110.0, 22123.0, 22268.0, 22143.0, 22207.0, 22145.0, 22185.0, 22232.0, 22226.0, 22105.0, 22254.0, 22220.0, 22123.0, 22245.0, 22123.0, 22269.0, 22307.0, 22260.0, 22215.0, 22187.0, 22246.0, 22201.0, 22079.0, 22161.0, 22136.0, 22108.0, 22179.0, 22180.0, 22198.0, 22135.0, 22163.0, 22222.0, 22226.0, 22081.0, 22258.0, 22141.0, 22183.0, 22257.0, 22134.0, 22191.0, 22225.0, 22107.0, 22262.0, 22142.0, 22180.0, 22235.0, 22122.0, 22169.0, 22225.0, 22256.0, 22233.0, 22166.0, 22200.0, 22153.0, 22192.0, 22240.0, 22241.0, 22247.0, 22276.0, 22163.0, 22111.0, 22179.0, 22078.0, 22182.0, 22098.0, 22169.0, 22158.0, 22249.0, 22241.0, 22134.0, 22275.0, 22154.0, 22241.0, 22226.0, 22204.0, 22248.0, 22152.0, 22205.0, 22127.0, 22200.0, 22079.0, 22148.0, 22132.0, 22234.0, 22239.0, 22157.0, 22163.0, 22159.0, 22163.0, 22187.0, 22127.0, 22087.0, 22268.0, 22118.0, 22218.0, 22173.0, 22110.0, 22265.0, 22206.0, 22248.0, 22192.0, 22180.0, 22262.0, 22188.0, 22213.0, 22175.0, 22275.0, 22213.0, 22208.0, 22175.0, 22241.0, 22087.0, 22202.0, 22154.0, 22137.0, 22254.0, 22142.0, 22252.0, 22162.0, 22205.0, 22277.0, 22223.0, 22233.0, 22137.0, 22185.0, 22226.0, 22173.0, 22078.0, 22160.0, 22149.0, 22123.0, 22234.0, 22230.0, 22165.0, 22236.0, 22160.0, 22156.0, 22282.0, 22199.0, 22137.0, 22260.0, 22139.0, 22166.0, 22254.0, 22109.0, 22215.0, 22193.0, 22150.0, 22190.0, 22225.0, 22135.0, 22239.0, 22153.0, 22092.0, 22243.0, 22107.0, 22157.0, 22249.0, 22158.0, 22161.0, 22229.0, 22153.0, 22254.0, 22257.0, 22185.0, 22240.0, 22252.0, 22156.0, 22191.0, 22238.0, 22173.0, 22146.0, 22117.0, 22167.0, 22110.0, 22181.0, 22126.0, 22178.0, 22208.0, 22165.0, 22240.0, 22147.0, 22141.0, 22120.0]}, "slices": {}}}