{"AcquisitionMatrixPE": 96, "AcquisitionNumber": 1, "AcquisitionTime": "07:35:28.577500", "BandwidthPerPixelPhaseEncode": 33.602, "BaseResolution": 96, "BodyPartExamined": "BRAIN", "ConsistencyInfo": "N4_VD13A_LATEST_20120616", "ConversionSoftware": "dcm2niix", "ConversionSoftwareVersion": "v1.0.20210317", "DerivedVendorReportedEchoSpacing": 0.000620003, "DeviceSerialNumber": "45239", "DwellTime": 2.6e-06, "EchoTime": 0.03, "EchoTrainLength": 47, "EffectiveEchoSpacing": 0.000310001, "FlipAngle": 63, "ImageComments": "Unaliased MB4/PE3", "ImageOrientationPatientDICOM": [0.999775, 0.01014, -0.0186063, -0.0184216, 0.84985, -0.526702], "ImageType": ["ORIGINAL", "PRIMARY", "M", "ND", "NORM", "MOSAIC"], "ImagingFrequency": 123.193, "InPlanePhaseEncodingDirectionDICOM": "COL", "InstitutionAddress": "E 24th St. 100,Austin,Southmiddle,US,78712", "InstitutionName": "Univ of Texas at Austin", "InstitutionalDepartmentName": "IRC", "MRAcquisitionType": "2D", "MagneticFieldStrength": 3, "Manufacturer": "Siemens", "ManufacturersModelName": "Skyra", "Modality": "MR", "MultibandAccelerationFactor": 4, "ParallelReductionFactorInPlane": 2, "PartialFourier": 1, "PatientPosition": "HFS", "PercentPhaseFOV": 100, "PercentSampling": 100, "PhaseEncodingDirection": "j-", "PhaseEncodingSteps": 95, "PhaseResolution": 1, "PixelBandwidth": 2005, "ProcedureStepDescription": "Poldrack2^self-scanning", "ProtocolName": "Resting State fMRI MBEPI_matrix96_BW2004", "PulseSequenceDetails": "%CustomerSeq%\\cmrr_mbep2d_bold", "ReceiveCoilActiveElements": "HEA;HEP", "ReceiveCoilName": "Head_32", "ReconMatrixPE": 96, "RefLinesPE": 48, "RepetitionTime": 1.16, "SAR": 0.120431, "ScanOptions": "FS", "ScanningSequence": "EP", "SequenceName": "epfid2d1_96", "SequenceVariant": "SK", "SeriesDescription": "Resting State fMRI MBEPI_matrix96_BW2004", "SeriesNumber": 6, "ShimSetting": [-2798, 8038, -15523, -313, -469, 261, 172, -12], "SliceThickness": 2, "SliceTiming": [0, 0.5, 0.9975, 0.3575, 0.855, 0.215, 0.7125, 0.0725, 0.57, 1.07, 0.4275, 0.9275, 0.285, 0.785, 0.1425, 0.6425, 0, 0.5, 0.9975, 0.3575, 0.855, 0.215, 0.7125, 0.0725, 0.57, 1.07, 0.4275, 0.9275, 0.285, 0.785, 0.1425, 0.6425, 0, 0.5, 0.9975, 0.3575, 0.855, 0.215, 0.7125, 0.0725, 0.57, 1.07, 0.4275, 0.9275, 0.285, 0.785, 0.1425, 0.6425, 0, 0.5, 0.9975, 0.3575, 0.855, 0.215, 0.7125, 0.0725, 0.57, 1.07, 0.4275, 0.9275, 0.285, 0.785, 0.1425, 0.6425], "SoftwareVersions": "syngo MR D13", "SpacingBetweenSlices": 2.4, "StationName": "AWP45239", "TaskName": "Resting fmri", "TotalReadoutTime": 0.0294501, "TxRefAmp": 340.824, "WipMemBlock": "162f218a-6464-4161-9ea3-f14e3de92589||Sequence: vd13a/R010 r/fd129fc; Dec 13 2013 16:14:27 by eja", "dcmmeta_affine": [[-2.3952953815460205, -0.04413502663373947, -0.025132261216640472, 120.6902084350586], [-0.02429373934864998, 2.0360991954803467, -1.2646244764328003, -81.03787994384766], [-0.04457750543951988, 1.2618911266326904, 2.039630651473999, -83.59103393554688], [0.0, 0.0, 0.0, 1.0]], "dcmmeta_reorient_transform": [[0.0, -1.0, 0.0, 95.0], [1.0, 0.0, 0.0, 0.0], [0.0, 0.0, 1.0, 0.0], [0.0, 0.0, 0.0, 1.0]], "dcmmeta_shape": [96, 96, 64, 518], "dcmmeta_slice_dim": 2, "dcmmeta_version": 0.6, "global": {"const": {"AcquisitionMatrix": [96, 0, 0, 96], "AngioFlag": "N", "BitsAllocated": 16, "BitsStored": 16, "BodyPartExamined": "BRAIN", "Columns": 768, "DeidentificationMethodCodeSequence": [{"CodeMeaning": "XNAT Edit Script", "CodeValue": "93", "CodingSchemeDesignator": "XNAT", "CodingSchemeVersion": "0.1"}], "EchoNumbers": 1, "EchoTime": 30.0, "EchoTrainLength": 47, "FlipAngle": 63.0, "HighBit": 15, "ImageOrientationPatient": [0.99977546850894, 0.01013999581648, -0.0186062637992, -0.0184215765853, 0.84985012572667, -0.5267023916012], "ImagePositionPatient": [-906.48724135221, -804.68356898553, 475.26207704892], "ImageType": ["ORIGINAL", "PRIMARY", "M", "ND", "NORM", "MOSAIC"], "ImagedNucleus": "1H", "ImagingFrequency": 123.1928, "InPlanePhaseEncodingDirection": "COL", "MRAcquisitionType": "2D", "MagneticFieldStrength": 3.0, "Manufacturer": "SIEMENS", "ManufacturerModelName": "Skyra", "Modality": "MR", "NumberOfAverages": 1.0, "NumberOfPhaseEncodingSteps": 95, "PercentPhaseFieldOfView": 100.0, "PercentSampling": 100.0, "PerformedProcedureStepStartTime": "071851.708000", "PhotometricInterpretation": "MONOCHROME2", "PixelBandwidth": 2005.0, "PixelRepresentation": 0, "PixelSpacing": [2.3958332538605, 2.3958332538605], "ProtocolName": "Resting State fMRI MBEPI_matrix96_BW2004", "RepetitionTime": 1160.0, "Rows": 768, "SAR": 0.1204310033061, "SamplesPerPixel": 1, "ScanOptions": "FS", "ScanningSequence": "EP", "SequenceName": "epfid2d1_96", "SequenceVariant": "SK", "SeriesDescription": "Resting State fMRI MBEPI_matrix96_BW2004", "SeriesNumber": 6, "SeriesTime": "073603.825000", "SliceLocation": -29.602315257365, "SliceThickness": 2.0, "SmallestImagePixelValue": 0, "SoftwareVersions": "syngo MR D13", "SpacingBetweenSlices": 2.4000000034749, "SpecificCharacterSet": "ISO_IR 100", "StudyID": "1", "StudyTime": "071851.662000", "TransmitCoilName": "Body", "VariableFlipAngleFlag": "N", "WindowCenterWidthExplanation": "Algo1", "dBdt": 0.0}, "slices": {}}, "time": {"samples": {"AcquisitionNumber": [1, 2, 3, 4, 5, 6, 7, 8, 9, 10, 11, 12, 13, 14, 15, 16, 17, 18, 19, 20, 21, 22, 23, 24, 25, 26, 27, 28, 29, 30, 31, 32, 33, 34, 35, 36, 37, 38, 39, 40, 41, 42, 43, 44, 45, 46, 47, 48, 49, 50, 51, 52, 53, 54, 55, 56, 57, 58, 59, 60, 61, 62, 63, 64, 65, 66, 67, 68, 69, 70, 71, 72, 73, 74, 75, 76, 77, 78, 79, 80, 81, 82, 83, 84, 85, 86, 87, 88, 89, 90, 91, 92, 93, 94, 95, 96, 97, 98, 99, 100, 101, 102, 103, 104, 105, 106, 107, 108, 109, 110, 111, 112, 113, 114, 115, 116, 117, 118, 119, 120, 121, 122, 123, 124, 125, 126, 127, 128, 129, 130, 131, 132, 133, 134, 135, 136, 137, 138, 139, 140, 141, 142, 143, 144, 145, 146, 147, 148, 149, 150, 151, 152, 153, 154, 155, 156, 157, 158, 159, 160, 161, 162, 163, 164, 165, 166, 167, 168, 169, 170, 171, 172, 173, 174, 175, 176, 177, 178, 179, 180, 181, 182, 183, 184, 185, 186, 187, 188, 189, 190, 191, 192, 193, 194, 195, 196, 197, 198, 199, 200, 201, 202, 203, 204, 205, 206, 207, 208, 209, 210, 211, 212, 213, 214, 215, 216, 217, 218, 219, 220, 221, 222, 223, 224, 225, 226, 227, 228, 229, 230, 231, 232, 233, 234, 235, 236, 237, 238, 239, 240, 241, 242, 243, 244, 245, 246, 247, 248, 249, 250, 251, 252, 253, 254, 255, 256, 257, 258, 259, 260, 261, 262, 263, 264, 265, 266, 267, 268, 269, 270, 271, 272, 273, 274, 275, 276, 277, 278, 279, 280, 281, 282, 283, 284, 285, 286, 287, 288, 289, 290, 291, 292, 293, 294, 295, 296, 297, 298, 299, 300, 301, 302, 303, 304, 305, 306, 307, 308, 309, 310, 311, 312, 313, 314, 315, 316, 317, 318, 319, 320, 321, 322, 323, 324, 325, 326, 327, 328, 329, 330, 331, 332, 333, 334, 335, 336, 337, 338, 339, 340, 341, 342, 343, 344, 345, 346, 347, 348, 349, 350, 351, 352, 353, 354, 355, 356, 357, 358, 359, 360, 361, 362, 363, 364, 365, 366, 367, 368, 369, 370, 371, 372, 373, 374, 375, 376, 377, 378, 379, 380, 381, 382, 383, 384, 385, 386, 387, 388, 389, 390, 391, 392, 393, 394, 395, 396, 397, 398, 399, 400, 401, 402, 403, 404, 405, 406, 407, 408, 409, 410, 411, 412, 413, 414, 415, 416, 417, 418, 419, 420, 421, 422, 423, 424, 425, 426, 427, 428, 429, 430, 431, 432, 433, 434, 435, 436, 437, 438, 439, 440, 441, 442, 443, 444, 445, 446, 447, 448, 449, 450, 451, 452, 453, 454, 455, 456, 457, 458, 459, 460, 461, 462, 463, 464, 465, 466, 467, 468, 469, 470, 471, 472, 473, 474, 475, 476, 477, 478, 479, 480, 481, 482, 483, 484, 485, 486, 487, 488, 489, 490, 491, 492, 493, 494, 495, 496, 497, 498, 499, 500, 501, 502, 503, 504, 505, 506, 507, 508, 509, 510, 511, 512, 513, 514, 515, 516, 517, 518], "AcquisitionTime": ["073528.577500", "073535.515000", "073536.675000", "073537.835000", "073538.995000", "073540.155000", "073541.315000", "073542.475000", "073543.637500", "073544.797500", "073545.957500", "073547.117500", "073548.277500", "073549.437500", "073550.597500", "073551.757500", "073552.917500", "073554.077500", "073555.237500", "073556.397500", "073557.557500", "073558.717500", "073559.877500", "073601.037500", "073602.197500", "073603.357500", "073604.517500", "073605.677500", "073606.837500", "073607.997500", "073609.157500", "073610.317500", "073611.477500", "073612.637500", "073613.797500", "073614.957500", "073616.117500", "073617.277500", "073618.437500", "073619.597500", "073620.757500", "073621.917500", "073623.077500", "073624.237500", "073625.397500", "073626.557500", "073627.717500", "073628.877500", "073630.037500", "073631.197500", "073632.357500", "073633.517500", "073634.677500", "073635.837500", "073636.997500", "073638.157500", "073639.317500", "073640.477500", "073641.637500", "073642.797500", "073643.957500", "073645.117500", "073646.277500", "073647.437500", "073648.597500", "073649.757500", "073650.917500", "073652.077500", "073653.237500", "073654.397500", "073655.557500", "073656.717500", "073657.877500", "073659.037500", "073700.197500", "073701.357500", "073702.517500", "073703.677500", "073704.837500", "073705.997500", "073707.157500", "073708.317500", "073709.477500", "073710.637500", "073711.797500", "073712.957500", "073714.117500", "073715.277500", "073716.437500", "073717.597500", "073718.757500", "073719.917500", "073721.077500", "073722.237500", "073723.397500", "073724.557500", "073725.717500", "073726.877500", "073728.037500", "073729.197500", "073730.357500", "073731.517500", "073732.677500", "073733.837500", "073734.997500", "073736.157500", "073737.317500", "073738.477500", "073739.637500", "073740.797500", "073741.957500", "073743.117500", "073744.277500", "073745.437500", "073746.597500", "073747.757500", "073748.917500", "073750.077500", "073751.237500", "073752.397500", "073753.557500", "073754.717500", "073755.877500", "073757.037500", "073758.197500", "073759.357500", "073800.517500", "073801.677500", "073802.837500", "073803.997500", "073805.157500", "073806.317500", "073807.477500", "073808.637500", "073809.797500", "073810.957500", "073812.117500", "073813.277500", "073814.437500", "073815.597500", "073816.757500", "073817.917500", "073819.077500", "073820.237500", "073821.397500", "073822.557500", "073823.717500", "073824.877500", "073826.037500", "073827.197500", "073828.357500", "073829.517500", "073830.677500", "073831.837500", "073832.997500", "073834.157500", "073835.317500", "073836.477500", "073837.637500", "073838.797500", "073839.957500", "073841.117500", "073842.277500", "073843.437500", "073844.597500", "073845.757500", "073846.917500", "073848.077500", "073849.237500", "073850.397500", "073851.557500", "073852.717500", "073853.877500", "073855.037500", "073856.197500", "073857.357500", "073858.517500", "073859.677500", "073900.837500", "073901.997500", "073903.157500", "073904.317500", "073905.477500", "073906.637500", "073907.797500", "073908.957500", "073910.117500", "073911.277500", "073912.437500", "073913.597500", "073914.757500", "073915.917500", "073917.077500", "073918.237500", "073919.397500", "073920.557500", "073921.717500", "073922.877500", "073924.037500", "073925.197500", "073926.357500", "073927.517500", "073928.677500", "073929.837500", "073930.997500", "073932.157500", "073933.317500", "073934.477500", "073935.637500", "073936.797500", "073937.957500", "073939.117500", "073940.277500", "073941.437500", "073942.597500", "073943.757500", "073944.917500", "073946.077500", "073947.237500", "073948.397500", "073949.557500", "073950.717500", "073951.877500", "073953.037500", "073954.197500", "073955.357500", "073956.517500", "073957.677500", "073958.837500", "073959.997500", "074001.157500", "074002.317500", "074003.477500", "074004.637500", "074005.797500", "074006.957500", "074008.117500", "074009.277500", "074010.437500", "074011.597500", "074012.757500", "074013.917500", "074015.077500", "074016.237500", "074017.397500", "074018.557500", "074019.717500", "074020.877500", "074022.037500", "074023.197500", "074024.357500", "074025.517500", "074026.677500", "074027.837500", "074028.997500", "074030.157500", "074031.317500", "074032.477500", "074033.640000", "074034.800000", "074035.960000", "074037.120000", "074038.280000", "074039.440000", "074040.600000", "074041.760000", "074042.920000", "074044.080000", "074045.240000", "074046.400000", "074047.560000", "074048.720000", "074049.880000", "074051.040000", "074052.200000", "074053.360000", "074054.520000", "074055.680000", "074056.840000", "074058.000000", "074059.160000", "074100.320000", "074101.480000", "074102.640000", "074103.800000", "074104.960000", "074106.120000", "074107.280000", "074108.440000", "074109.600000", "074110.760000", "074111.920000", "074113.080000", "074114.240000", "074115.400000", "074116.560000", "074117.720000", "074118.880000", "074120.040000", "074121.200000", "074122.360000", "074123.520000", "074124.680000", "074125.840000", "074127.000000", "074128.160000", "074129.320000", "074130.480000", "074131.640000", "074132.800000", "074133.960000", "074135.120000", "074136.280000", "074137.440000", "074138.600000", "074139.760000", "074140.920000", "074142.080000", "074143.240000", "074144.400000", "074145.560000", "074146.720000", "074147.880000", "074149.040000", "074150.200000", "074151.360000", "074152.520000", "074153.680000", "074154.840000", "074156.000000", "074157.160000", "074158.320000", "074159.480000", "074200.640000", "074201.800000", "074202.960000", "074204.120000", "074205.280000", "074206.440000", "074207.600000", "074208.760000", "074209.920000", "074211.080000", "074212.240000", "074213.400000", "074214.560000", "074215.720000", "074216.880000", "074218.040000", "074219.200000", "074220.360000", "074221.520000", "074222.680000", "074223.840000", "074225.000000", "074226.160000", "074227.320000", "074228.480000", "074229.640000", "074230.800000", "074231.960000", "074233.120000", "074234.280000", "074235.440000", "074236.600000", "074237.760000", "074238.920000", "074240.080000", "074241.240000", "074242.400000", "074243.560000", "074244.720000", "074245.880000", "074247.040000", "074248.200000", "074249.360000", "074250.520000", "074251.680000", "074252.840000", "074254.000000", "074255.160000", "074256.320000", "074257.480000", "074258.640000", "074259.800000", "074300.960000", "074302.120000", "074303.280000", "074304.440000", "074305.600000", "074306.760000", "074307.920000", "074309.080000", "074310.240000", "074311.400000", "074312.560000", "074313.720000", "074314.880000", "074316.040000", "074317.200000", "074318.360000", "074319.520000", "074320.680000", "074321.840000", "074323.000000", "074324.160000", "074325.320000", "074326.480000", "074327.640000", "074328.800000", "074329.960000", "074331.120000", "074332.280000", "074333.440000", "074334.600000", "074335.760000", "074336.920000", "074338.080000", "074339.240000", "074340.400000", "074341.560000", "074342.720000", "074343.880000", "074345.040000", "074346.200000", "074347.360000", "074348.520000", "074349.680000", "074350.840000", "074352.000000", "074353.160000", "074354.320000", "074355.480000", "074356.640000", "074357.800000", "074358.960000", "074400.120000", "074401.280000", "074402.440000", "074403.600000", "074404.760000", "074405.920000", "074407.080000", "074408.240000", "074409.400000", "074410.560000", "074411.720000", "074412.880000", "074414.040000", "074415.200000", "074416.360000", "074417.520000", "074418.680000", "074419.840000", "074421.000000", "074422.160000", "074423.320000", "074424.480000", "074425.640000", "074426.800000", "074427.960000", "074429.120000", "074430.280000", "074431.440000", "074432.600000", "074433.760000", "074434.920000", "074436.080000", "074437.240000", "074438.400000", "074439.560000", "074440.720000", "074441.880000", "074443.040000", "074444.200000", "074445.360000", "074446.520000", "074447.680000", "074448.840000", "074450.000000", "074451.160000", "074452.320000", "074453.480000", "074454.640000", "074455.800000", "074456.960000", "074458.120000", "074459.280000", "074500.440000", "074501.600000", "074502.760000", "074503.920000", "074505.080000", "074506.240000", "074507.400000", "074508.560000", "074509.720000", "074510.880000", "074512.040000", "074513.200000", "074514.360000", "074515.520000", "074516.680000", "074517.840000", "074519.000000", "074520.160000", "074521.320000", "074522.480000", "074523.642500", "074524.802500", "074525.962500", "074527.122500", "074528.282500", "074529.442500", "074530.602500", "074531.762500", "074532.922500", "074534.082500"], "ContentTime": ["073603.829000", "073603.833000", "073603.837000", "073603.841000", "073603.845000", "073603.849000", "073603.853000", "073603.857000", "073603.861000", "073603.865000", "073603.869000", "073603.873000", "073603.877000", "073603.881000", "073603.885000", "073603.889000", "073603.893000", "073603.896000", "073603.900000", "073603.904000", "073643.827000", "073643.835000", "073643.839000", "073643.843000", "073643.847000", "073643.851000", "073643.854000", "073643.858000", "073643.862000", "073643.866000", "073643.869000", "073643.873000", "073643.877000", "073643.881000", "073643.885000", "073643.889000", "073643.893000", "073643.897000", "073643.900000", "073643.904000", "073643.908000", "073643.912000", "073643.916000", "073643.920000", "073643.924000", "073643.927000", "073643.931000", "073643.935000", "073643.939000", "073643.942000", "073643.946000", "073643.950000", "073643.954000", "073643.961000", "073643.965000", "073643.969000", "073643.975000", "073643.979000", "073643.983000", "073723.829000", "073723.833000", "073723.839000", "073723.844000", "073723.848000", "073723.851000", "073723.863000", "073723.867000", "073723.871000", "073723.874000", "073723.879000", "073723.883000", "073723.887000", "073723.890000", "073723.895000", "073723.899000", "073723.903000", "073723.907000", "073723.911000", "073723.915000", "073723.919000", "073723.923000", "073723.927000", "073723.931000", "073723.935000", "073723.938000", "073723.942000", "073723.946000", "073723.949000", "073723.953000", "073723.957000", "073723.961000", "073723.964000", "073723.968000", "073803.827000", "073803.831000", "073803.835000", "073803.839000", "073803.843000", "073803.847000", "073803.851000", "073803.854000", "073803.859000", "073803.862000", "073803.866000", "073803.870000", "073803.874000", "073803.878000", "073803.882000", "073803.885000", "073803.889000", "073803.893000", "073803.905000", "073803.909000", "073803.913000", "073803.917000", "073803.921000", "073803.925000", "073803.929000", "073803.933000", "073803.937000", "073803.940000", "073803.945000", "073803.948000", "073803.953000", "073803.957000", "073803.961000", "073803.965000", "073803.969000", "073843.827000", "073843.834000", "073843.838000", "073843.842000", "073843.845000", "073843.850000", "073843.854000", "073843.858000", "073843.861000", "073843.866000", "073843.869000", "073843.873000", "073843.877000", "073843.881000", "073843.885000", "073843.889000", "073843.893000", "073843.897000", "073843.901000", "073843.905000", "073843.909000", "073843.913000", "073843.917000", "073843.921000", "073843.933000", "073843.937000", "073843.941000", "073843.946000", "073843.950000", "073843.954000", "073843.958000", "073843.962000", "073843.966000", "073843.970000", "073923.829000", "073923.838000", "073923.842000", "073923.846000", "073923.850000", "073923.854000", "073923.858000", "073923.861000", "073923.865000", "073923.870000", "073923.874000", "073923.878000", "073923.882000", "073923.886000", "073923.890000", "073923.893000", "073923.897000", "073923.902000", "073923.906000", "073923.909000", "073923.913000", "073923.917000", "073923.921000", "073923.925000", "073923.929000", "073923.933000", "073923.937000", "073923.941000", "073923.944000", "073923.949000", "073923.952000", "073923.956000", "073923.960000", "073923.965000", "073923.969000", "074003.828000", "074003.833000", "074003.837000", "074003.841000", "074003.845000", "074003.849000", "074003.853000", "074003.857000", "074003.861000", "074003.864000", "074003.868000", "074003.872000", "074003.876000", "074003.880000", "074003.884000", "074003.888000", "074003.892000", "074003.896000", "074003.900000", "074003.904000", "074003.915000", "074003.919000", "074003.923000", "074003.927000", "074003.930000", "074003.934000", "074003.938000", "074003.942000", "074003.946000", "074003.949000", "074003.953000", "074003.957000", "074003.961000", "074003.965000", "074043.831000", "074043.835000", "074043.839000", "074043.843000", "074043.847000", "074043.850000", "074043.854000", "074043.858000", "074043.862000", "074043.865000", "074043.870000", "074043.874000", "074043.877000", "074043.881000", "074043.885000", "074043.889000", "074043.893000", "074043.896000", "074043.900000", "074043.904000", "074043.908000", "074043.911000", "074043.916000", "074043.919000", "074043.923000", "074043.927000", "074043.931000", "074043.935000", "074043.939000", "074043.943000", "074043.947000", "074043.952000", "074043.955000", "074043.959000", "074043.963000", "074123.828000", "074123.832000", "074123.836000", "074123.841000", "074123.845000", "074123.849000", "074123.853000", "074123.858000", "074123.861000", "074123.865000", "074123.869000", "074123.873000", "074123.877000", "074123.881000", "074123.885000", "074123.888000", "074123.892000", "074123.896000", "074123.900000", "074123.904000", "074123.907000", "074123.911000", "074123.914000", "074123.918000", "074123.922000", "074123.926000", "074123.929000", "074123.933000", "074123.937000", "074123.941000", "074123.944000", "074123.948000", "074123.961000", "074123.965000", "074203.829000", "074203.833000", "074203.837000", "074203.841000", "074203.845000", "074203.848000", "074203.852000", "074203.856000", "074203.860000", "074203.864000", "074203.867000", "074203.871000", "074203.875000", "074203.879000", "074203.882000", "074203.886000", "074203.890000", "074203.894000", "074203.897000", "074203.902000", "074203.905000", "074203.909000", "074203.913000", "074203.918000", "074203.921000", "074203.925000", "074203.929000", "074203.933000", "074203.937000", "074203.941000", "074203.945000", "074203.949000", "074203.953000", "074203.956000", "074203.960000", "074243.827000", "074243.832000", "074243.836000", "074243.840000", "074243.844000", "074243.856000", "074243.860000", "074243.865000", "074243.868000", "074243.873000", "074243.877000", "074243.881000", "074243.885000", "074243.889000", "074243.892000", "074243.898000", "074243.906000", "074243.911000", "074243.915000", "074243.919000", "074243.923000", "074243.928000", "074243.932000", "074243.936000", "074243.942000", "074243.946000", "074243.951000", "074243.955000", "074243.962000", "074243.966000", "074243.973000", "074243.981000", "074243.986000", "074243.989000", "074323.827000", "074323.833000", "074323.837000", "074323.842000", "074323.856000", "074323.860000", "074323.865000", "074323.869000", "074323.873000", "074323.877000", "074323.881000", "074323.885000", "074323.890000", "074323.894000", "074323.898000", "074323.902000", "074323.907000", "074323.911000", "074323.914000", "074323.918000", "074323.922000", "074323.925000", "074323.929000", "074323.932000", "074323.937000", "074323.940000", "074323.944000", "074323.948000", "074323.952000", "074323.955000", "074323.959000", "074323.962000", "074323.966000", "074323.970000", "074323.974000", "074403.829000", "074403.834000", "074403.838000", "074403.842000", "074403.845000", "074403.850000", "074403.854000", "074403.858000", "074403.862000", "074403.866000", "074403.870000", "074403.873000", "074403.877000", "074403.882000", "074403.886000", "074403.890000", "074403.894000", "074403.898000", "074403.903000", "074403.907000", "074403.911000", "074403.915000", "074403.919000", "074403.923000", "074403.927000", "074403.932000", "074403.936000", "074403.940000", "074403.944000", "074403.949000", "074403.953000", "074403.957000", "074403.961000", "074403.966000", "074443.828000", "074443.833000", "074443.837000", "074443.841000", "074443.845000", "074443.849000", "074443.852000", "074443.856000", "074443.860000", "074443.865000", "074443.869000", "074443.872000", "074443.876000", "074443.880000", "074443.884000", "074443.888000", "074443.892000", "074443.896000", "074443.900000", "074443.904000", "074443.908000", "074443.912000", "074443.916000", "074443.920000", "074443.924000", "074443.928000", "074443.932000", "074443.936000", "074443.940000", "074443.945000", "074443.949000", "074443.953000", "074443.957000", "074443.961000", "074443.976000", "074523.827000", "074523.831000", "074523.835000", "074523.839000", "074523.843000", "074523.846000", "074523.851000", "074523.854000", "074523.858000", "074523.862000", "074523.866000", "074523.870000", "074523.873000", "074523.877000", "074523.881000", "074523.885000", "074523.888000", "074523.892000", "074523.896000", "074523.900000", "074523.904000", "074523.908000", "074523.911000", "074523.915000", "074523.919000", "074523.923000", "074523.927000", "074523.931000", "074523.935000", "074523.938000", "074523.943000", "074523.946000", "074523.950000", "074523.954000", "074535.684000", "074535.688000", "074535.692000", "074535.697000", "074535.700000", "074535.704000", "074535.708000", "074535.712000", "074535.715000", "074535.719000", "074535.723000"], "InstanceCreationTime": ["073603.829000", "073603.833000", "073603.837000", "073603.841000", "073603.845000", "073603.849000", "073603.853000", "073603.857000", "073603.861000", "073603.865000", "073603.869000", "073603.873000", "073603.877000", "073603.881000", "073603.885000", "073603.889000", "073603.893000", "073603.896000", "073603.900000", "073603.904000", "073643.827000", "073643.835000", "073643.839000", "073643.843000", "073643.847000", "073643.851000", "073643.854000", "073643.858000", "073643.862000", "073643.866000", "073643.869000", "073643.873000", "073643.877000", "073643.881000", "073643.885000", "073643.889000", "073643.893000", "073643.897000", "073643.900000", "073643.904000", "073643.908000", "073643.912000", "073643.916000", "073643.920000", "073643.924000", "073643.927000", "073643.931000", "073643.935000", "073643.939000", "073643.942000", "073643.946000", "073643.950000", "073643.954000", "073643.961000", "073643.965000", "073643.969000", "073643.975000", "073643.979000", "073643.983000", "073723.829000", "073723.833000", "073723.839000", "073723.844000", "073723.848000", "073723.851000", "073723.863000", "073723.867000", "073723.871000", "073723.874000", "073723.879000", "073723.883000", "073723.887000", "073723.890000", "073723.895000", "073723.899000", "073723.903000", "073723.907000", "073723.911000", "073723.915000", "073723.919000", "073723.923000", "073723.927000", "073723.931000", "073723.935000", "073723.938000", "073723.942000", "073723.946000", "073723.949000", "073723.953000", "073723.957000", "073723.961000", "073723.964000", "073723.968000", "073803.827000", "073803.831000", "073803.835000", "073803.839000", "073803.843000", "073803.847000", "073803.851000", "073803.854000", "073803.859000", "073803.862000", "073803.866000", "073803.870000", "073803.874000", "073803.878000", "073803.882000", "073803.885000", "073803.889000", "073803.893000", "073803.905000", "073803.909000", "073803.913000", "073803.917000", "073803.921000", "073803.925000", "073803.929000", "073803.933000", "073803.937000", "073803.940000", "073803.945000", "073803.948000", "073803.953000", "073803.957000", "073803.961000", "073803.965000", "073803.969000", "073843.827000", "073843.834000", "073843.838000", "073843.842000", "073843.845000", "073843.850000", "073843.854000", "073843.858000", "073843.861000", "073843.866000", "073843.869000", "073843.873000", "073843.877000", "073843.881000", "073843.885000", "073843.889000", "073843.893000", "073843.897000", "073843.901000", "073843.905000", "073843.909000", "073843.913000", "073843.917000", "073843.921000", "073843.933000", "073843.937000", "073843.941000", "073843.946000", "073843.950000", "073843.954000", "073843.958000", "073843.962000", "073843.966000", "073843.970000", "073923.829000", "073923.838000", "073923.842000", "073923.846000", "073923.850000", "073923.854000", "073923.858000", "073923.861000", "073923.865000", "073923.870000", "073923.874000", "073923.878000", "073923.882000", "073923.886000", "073923.890000", "073923.893000", "073923.897000", "073923.902000", "073923.906000", "073923.909000", "073923.913000", "073923.917000", "073923.921000", "073923.925000", "073923.929000", "073923.933000", "073923.937000", "073923.941000", "073923.944000", "073923.949000", "073923.952000", "073923.956000", "073923.960000", "073923.965000", "073923.969000", "074003.828000", "074003.833000", "074003.837000", "074003.841000", "074003.845000", "074003.849000", "074003.853000", "074003.857000", "074003.861000", "074003.864000", "074003.868000", "074003.872000", "074003.876000", "074003.880000", "074003.884000", "074003.888000", "074003.892000", "074003.896000", "074003.900000", "074003.904000", "074003.915000", "074003.919000", "074003.923000", "074003.927000", "074003.930000", "074003.934000", "074003.938000", "074003.942000", "074003.946000", "074003.949000", "074003.953000", "074003.957000", "074003.961000", "074003.965000", "074043.831000", "074043.835000", "074043.839000", "074043.843000", "074043.847000", "074043.850000", "074043.854000", "074043.858000", "074043.862000", "074043.865000", "074043.870000", "074043.874000", "074043.877000", "074043.881000", "074043.885000", "074043.889000", "074043.893000", "074043.896000", "074043.900000", "074043.904000", "074043.908000", "074043.911000", "074043.916000", "074043.919000", "074043.923000", "074043.927000", "074043.931000", "074043.935000", "074043.939000", "074043.943000", "074043.947000", "074043.952000", "074043.955000", "074043.959000", "074043.963000", "074123.828000", "074123.832000", "074123.836000", "074123.841000", "074123.845000", "074123.849000", "074123.853000", "074123.858000", "074123.861000", "074123.865000", "074123.869000", "074123.873000", "074123.877000", "074123.881000", "074123.885000", "074123.888000", "074123.892000", "074123.896000", "074123.900000", "074123.904000", "074123.907000", "074123.911000", "074123.914000", "074123.918000", "074123.922000", "074123.926000", "074123.929000", "074123.933000", "074123.937000", "074123.941000", "074123.944000", "074123.948000", "074123.961000", "074123.965000", "074203.829000", "074203.833000", "074203.837000", "074203.841000", "074203.845000", "074203.848000", "074203.852000", "074203.856000", "074203.860000", "074203.864000", "074203.867000", "074203.871000", "074203.875000", "074203.879000", "074203.882000", "074203.886000", "074203.890000", "074203.894000", "074203.897000", "074203.902000", "074203.905000", "074203.909000", "074203.913000", "074203.918000", "074203.921000", "074203.925000", "074203.929000", "074203.933000", "074203.937000", "074203.941000", "074203.945000", "074203.949000", "074203.953000", "074203.956000", "074203.960000", "074243.827000", "074243.832000", "074243.836000", "074243.840000", "074243.844000", "074243.856000", "074243.860000", "074243.865000", "074243.868000", "074243.873000", "074243.877000", "074243.881000", "074243.885000", "074243.889000", "074243.892000", "074243.898000", "074243.906000", "074243.911000", "074243.915000", "074243.919000", "074243.923000", "074243.928000", "074243.932000", "074243.936000", "074243.942000", "074243.946000", "074243.951000", "074243.955000", "074243.962000", "074243.966000", "074243.973000", "074243.981000", "074243.986000", "074243.989000", "074323.827000", "074323.833000", "074323.837000", "074323.842000", "074323.856000", "074323.860000", "074323.865000", "074323.869000", "074323.873000", "074323.877000", "074323.881000", "074323.885000", "074323.890000", "074323.894000", "074323.898000", "074323.902000", "074323.907000", "074323.911000", "074323.914000", "074323.918000", "074323.922000", "074323.925000", "074323.929000", "074323.932000", "074323.937000", "074323.940000", "074323.944000", "074323.948000", "074323.952000", "074323.955000", "074323.959000", "074323.962000", "074323.966000", "074323.970000", "074323.974000", "074403.829000", "074403.834000", "074403.838000", "074403.842000", "074403.845000", "074403.850000", "074403.854000", "074403.858000", "074403.862000", "074403.866000", "074403.870000", "074403.873000", "074403.877000", "074403.882000", "074403.886000", "074403.890000", "074403.894000", "074403.898000", "074403.903000", "074403.907000", "074403.911000", "074403.915000", "074403.919000", "074403.923000", "074403.927000", "074403.932000", "074403.936000", "074403.940000", "074403.944000", "074403.949000", "074403.953000", "074403.957000", "074403.961000", "074403.966000", "074443.828000", "074443.833000", "074443.837000", "074443.841000", "074443.845000", "074443.849000", "074443.852000", "074443.856000", "074443.860000", "074443.865000", "074443.869000", "074443.872000", "074443.876000", "074443.880000", "074443.884000", "074443.888000", "074443.892000", "074443.896000", "074443.900000", "074443.904000", "074443.908000", "074443.912000", "074443.916000", "074443.920000", "074443.924000", "074443.928000", "074443.932000", "074443.936000", "074443.940000", "074443.945000", "074443.949000", "074443.953000", "074443.957000", "074443.961000", "074443.976000", "074523.827000", "074523.831000", "074523.835000", "074523.839000", "074523.843000", "074523.846000", "074523.851000", "074523.854000", "074523.858000", "074523.862000", "074523.866000", "074523.870000", "074523.873000", "074523.877000", "074523.881000", "074523.885000", "074523.888000", "074523.892000", "074523.896000", "074523.900000", "074523.904000", "074523.908000", "074523.911000", "074523.915000", "074523.919000", "074523.923000", "074523.927000", "074523.931000", "074523.935000", "074523.938000", "074523.943000", "074523.946000", "074523.950000", "074523.954000", "074535.684000", "074535.688000", "074535.692000", "074535.697000", "074535.700000", "074535.704000", "074535.708000", "074535.712000", "074535.715000", "074535.719000", "074535.723000"], "InstanceNumber": [1, 2, 3, 4, 5, 6, 7, 8, 9, 10, 11, 12, 13, 14, 15, 16, 17, 18, 19, 20, 21, 22, 23, 24, 25, 26, 27, 28, 29, 30, 31, 32, 33, 34, 35, 36, 37, 38, 39, 40, 41, 42, 43, 44, 45, 46, 47, 48, 49, 50, 51, 52, 53, 54, 55, 56, 57, 58, 59, 60, 61, 62, 63, 64, 65, 66, 67, 68, 69, 70, 71, 72, 73, 74, 75, 76, 77, 78, 79, 80, 81, 82, 83, 84, 85, 86, 87, 88, 89, 90, 91, 92, 93, 94, 95, 96, 97, 98, 99, 100, 101, 102, 103, 104, 105, 106, 107, 108, 109, 110, 111, 112, 113, 114, 115, 116, 117, 118, 119, 120, 121, 122, 123, 124, 125, 126, 127, 128, 129, 130, 131, 132, 133, 134, 135, 136, 137, 138, 139, 140, 141, 142, 143, 144, 145, 146, 147, 148, 149, 150, 151, 152, 153, 154, 155, 156, 157, 158, 159, 160, 161, 162, 163, 164, 165, 166, 167, 168, 169, 170, 171, 172, 173, 174, 175, 176, 177, 178, 179, 180, 181, 182, 183, 184, 185, 186, 187, 188, 189, 190, 191, 192, 193, 194, 195, 196, 197, 198, 199, 200, 201, 202, 203, 204, 205, 206, 207, 208, 209, 210, 211, 212, 213, 214, 215, 216, 217, 218, 219, 220, 221, 222, 223, 224, 225, 226, 227, 228, 229, 230, 231, 232, 233, 234, 235, 236, 237, 238, 239, 240, 241, 242, 243, 244, 245, 246, 247, 248, 249, 250, 251, 252, 253, 254, 255, 256, 257, 258, 259, 260, 261, 262, 263, 264, 265, 266, 267, 268, 269, 270, 271, 272, 273, 274, 275, 276, 277, 278, 279, 280, 281, 282, 283, 284, 285, 286, 287, 288, 289, 290, 291, 292, 293, 294, 295, 296, 297, 298, 299, 300, 301, 302, 303, 304, 305, 306, 307, 308, 309, 310, 311, 312, 313, 314, 315, 316, 317, 318, 319, 320, 321, 322, 323, 324, 325, 326, 327, 328, 329, 330, 331, 332, 333, 334, 335, 336, 337, 338, 339, 340, 341, 342, 343, 344, 345, 346, 347, 348, 349, 350, 351, 352, 353, 354, 355, 356, 357, 358, 359, 360, 361, 362, 363, 364, 365, 366, 367, 368, 369, 370, 371, 372, 373, 374, 375, 376, 377, 378, 379, 380, 381, 382, 383, 384, 385, 386, 387, 388, 389, 390, 391, 392, 393, 394, 395, 396, 397, 398, 399, 400, 401, 402, 403, 404, 405, 406, 407, 408, 409, 410, 411, 412, 413, 414, 415, 416, 417, 418, 419, 420, 421, 422, 423, 424, 425, 426, 427, 428, 429, 430, 431, 432, 433, 434, 435, 436, 437, 438, 439, 440, 441, 442, 443, 444, 445, 446, 447, 448, 449, 450, 451, 452, 453, 454, 455, 456, 457, 458, 459, 460, 461, 462, 463, 464, 465, 466, 467, 468, 469, 470, 471, 472, 473, 474, 475, 476, 477, 478, 479, 480, 481, 482, 483, 484, 485, 486, 487, 488, 489, 490, 491, 492, 493, 494, 495, 496, 497, 498, 499, 500, 501, 502, 503, 504, 505, 506, 507, 508, 509, 510, 511, 512, 513, 514, 515, 516, 517, 518], "LargestImagePixelValue": [29084, 37078, 27863, 35448, 28448, 39685, 27294, 37305, 28828, 36439, 26781, 38200, 26363, 37669, 28850, 37179, 29799, 41456, 28614, 37474, 30324, 32809, 30831, 36751, 30029, 37550, 29328, 33166, 27895, 32045, 29240, 34450, 27964, 35131, 29028, 34731, 31658, 29928, 39617, 27347, 26683, 29198, 37770, 41073, 29726, 44486, 29452, 31570, 34309, 28550, 38371, 29864, 37117, 30883, 40003, 30446, 29039, 38292, 27596, 33854, 28027, 30104, 29504, 40895, 30222, 30050, 33635, 29821, 36128, 27126, 32421, 33085, 34946, 36758, 29662, 35359, 29351, 36153, 28308, 38867, 28415, 37671, 28631, 32725, 28257, 32978, 29601, 35327, 29975, 31677, 39190, 31163, 37465, 28495, 35143, 41275, 35863, 30982, 29742, 33112, 39931, 28516, 32094, 40752, 29094, 35784, 27955, 39274, 28352, 32252, 40226, 42543, 26404, 29961, 30857, 27635, 27737, 30369, 42721, 28523, 37128, 27340, 36309, 29854, 32985, 40430, 33048, 41174, 29606, 36101, 46474, 31213, 30338, 42710, 29907, 34615, 28163, 32304, 30656, 37700, 26447, 34061, 28158, 32980, 28081, 35719, 36990, 40244, 27930, 33211, 41818, 29281, 38665, 27791, 36170, 28351, 30948, 43665, 28926, 43526, 27992, 40003, 28267, 32450, 31077, 37710, 29426, 32944, 42225, 28701, 36823, 28818, 36672, 26475, 32429, 40577, 36414, 33519, 27113, 29723, 38256, 40524, 27801, 35862, 26958, 28654, 39761, 28835, 30710, 36917, 28503, 41023, 30076, 31326, 37478, 29396, 30890, 40002, 28502, 32500, 36813, 28071, 37934, 30832, 28930, 32692, 43567, 28712, 38044, 27877, 28142, 29722, 32965, 30070, 41123, 30895, 37100, 27531, 35137, 28568, 32201, 35764, 31532, 29134, 31655, 40588, 32265, 35016, 26408, 37263, 29017, 34324, 46915, 28161, 42155, 29423, 37331, 26080, 37346, 29212, 37906, 30579, 36111, 30712, 33550, 27492, 32426, 31493, 41279, 30463, 33747, 28778, 28333, 38199, 28052, 37824, 28485, 33510, 27672, 34896, 40381, 28837, 32454, 27852, 32902, 29721, 32777, 44397, 35983, 31548, 45064, 35183, 28695, 43205, 36005, 31926, 47980, 27754, 43434, 30706, 31062, 28983, 31714, 40129, 27748, 39580, 29427, 32617, 40788, 30400, 30300, 47872, 27837, 36612, 28601, 31432, 41213, 31358, 34233, 28295, 28961, 39525, 30089, 27515, 39708, 28320, 29008, 39743, 32337, 30005, 40597, 28852, 31788, 40835, 32059, 32683, 30537, 32802, 28280, 36627, 42717, 40311, 30379, 41305, 44422, 26771, 39593, 28978, 36683, 28436, 34417, 41354, 31792, 32923, 30158, 31567, 34515, 31420, 32631, 34990, 27007, 38114, 27343, 34645, 42795, 32428, 29462, 43812, 28781, 34891, 28262, 33806, 31744, 44565, 27447, 36201, 28606, 32888, 39249, 29440, 35727, 38449, 28352, 32251, 46598, 27489, 37958, 29054, 30681, 39653, 31278, 34484, 30631, 29710, 39136, 29770, 31701, 29001, 29174, 31319, 41521, 32027, 34483, 28702, 30416, 39337, 30292, 31633, 41270, 33223, 26649, 38952, 31723, 35950, 30739, 30319, 40439, 37927, 43174, 27001, 37568, 31263, 37172, 34235, 28837, 31796, 27374, 27167, 32194, 40235, 32617, 33090, 36981, 29860, 31337, 43626, 27455, 36275, 37741, 30879, 38134, 26745, 35169, 34320, 47957, 31994, 31927, 35894, 30818, 39228, 29196, 30927, 40419, 42725, 28088, 40516, 30560, 32308, 49234, 26312, 36128, 40853, 28264, 31189, 41407, 30164, 32287, 40510, 34959, 28064, 29490, 30148, 26979, 39308, 31525, 35818, 30556, 46527, 36348, 37225, 28880, 32013, 41850, 35964, 33399, 29449, 31347, 47482, 29828, 29264, 27531, 39942, 29344, 37949, 31496, 35290, 43477, 31707, 39260, 30503, 37089, 26197, 31936, 42827, 29339, 38221, 28251, 37499, 35608, 38199, 30822, 38882, 29010, 27178, 38678, 27063, 36636, 29038, 39497, 30460, 42110, 31397, 38768, 29532, 31644, 36968, 31933, 25706, 31831, 42036, 35277, 29665, 40151, 27264, 39110, 39329, 27688, 35379], "WindowCenter": [10569.0, 10564.0, 10511.0, 10530.0, 10518.0, 10555.0, 10508.0, 10539.0, 10504.0, 10538.0, 10496.0, 10545.0, 10509.0, 10545.0, 10511.0, 10539.0, 10528.0, 10563.0, 10525.0, 10549.0, 10513.0, 10525.0, 10511.0, 10535.0, 10512.0, 10530.0, 10494.0, 10506.0, 10494.0, 10525.0, 10511.0, 10532.0, 10513.0, 10537.0, 10515.0, 10541.0, 10530.0, 10518.0, 10549.0, 10494.0, 10528.0, 10540.0, 10572.0, 10571.0, 10518.0, 10567.0, 10528.0, 10535.0, 10546.0, 10526.0, 10561.0, 10523.0, 10535.0, 10508.0, 10533.0, 10507.0, 10493.0, 10535.0, 10501.0, 10539.0, 10517.0, 10516.0, 10513.0, 10545.0, 10499.0, 10499.0, 10514.0, 10499.0, 10522.0, 10496.0, 10524.0, 10523.0, 10528.0, 10537.0, 10513.0, 10518.0, 10501.0, 10529.0, 10509.0, 10539.0, 10510.0, 10528.0, 10502.0, 10510.0, 10499.0, 10524.0, 10525.0, 10553.0, 10540.0, 10529.0, 10552.0, 10527.0, 10544.0, 10522.0, 10554.0, 10548.0, 10524.0, 10523.0, 10522.0, 10533.0, 10552.0, 10508.0, 10517.0, 10524.0, 10489.0, 10538.0, 10517.0, 10566.0, 10526.0, 10534.0, 10545.0, 10542.0, 10493.0, 10519.0, 10516.0, 10511.0, 10495.0, 10501.0, 10552.0, 10509.0, 10534.0, 10524.0, 10560.0, 10532.0, 10535.0, 10562.0, 10528.0, 10542.0, 10524.0, 10569.0, 10576.0, 10535.0, 10534.0, 10556.0, 10501.0, 10518.0, 10478.0, 10493.0, 10496.0, 10529.0, 10492.0, 10530.0, 10505.0, 10521.0, 10507.0, 10540.0, 10550.0, 10546.0, 10496.0, 10503.0, 10523.0, 10490.0, 10524.0, 10506.0, 10543.0, 10503.0, 10501.0, 10539.0, 10498.0, 10547.0, 10499.0, 10537.0, 10491.0, 10504.0, 10514.0, 10535.0, 10511.0, 10519.0, 10530.0, 10488.0, 10528.0, 10501.0, 10544.0, 10513.0, 10524.0, 10539.0, 10526.0, 10522.0, 10509.0, 10512.0, 10527.0, 10527.0, 10505.0, 10521.0, 10491.0, 10516.0, 10535.0, 10515.0, 10524.0, 10540.0, 10511.0, 10556.0, 10512.0, 10501.0, 10524.0, 10496.0, 10513.0, 10537.0, 10498.0, 10510.0, 10507.0, 10491.0, 10525.0, 10485.0, 10481.0, 10502.0, 10535.0, 10482.0, 10522.0, 10482.0, 10505.0, 10519.0, 10524.0, 10521.0, 10555.0, 10521.0, 10524.0, 10494.0, 10530.0, 10500.0, 10525.0, 10540.0, 10522.0, 10502.0, 10514.0, 10529.0, 10481.0, 10516.0, 10490.0, 10532.0, 10515.0, 10540.0, 10545.0, 10486.0, 10529.0, 10503.0, 10528.0, 10468.0, 10518.0, 10509.0, 10540.0, 10497.0, 10514.0, 10499.0, 10502.0, 10484.0, 10513.0, 10507.0, 10524.0, 10493.0, 10514.0, 10473.0, 10472.0, 10521.0, 10482.0, 10542.0, 10496.0, 10521.0, 10502.0, 10523.0, 10557.0, 10506.0, 10524.0, 10535.0, 10543.0, 10554.0, 10548.0, 10560.0, 10542.0, 10535.0, 10580.0, 10560.0, 10507.0, 10540.0, 10516.0, 10486.0, 10523.0, 10465.0, 10521.0, 10485.0, 10478.0, 10482.0, 10488.0, 10511.0, 10474.0, 10518.0, 10490.0, 10500.0, 10509.0, 10488.0, 10482.0, 10528.0, 10468.0, 10509.0, 10481.0, 10496.0, 10519.0, 10490.0, 10497.0, 10483.0, 10482.0, 10517.0, 10489.0, 10504.0, 10538.0, 10507.0, 10519.0, 10550.0, 10519.0, 10516.0, 10551.0, 10500.0, 10519.0, 10553.0, 10522.0, 10537.0, 10541.0, 10567.0, 10563.0, 10566.0, 10567.0, 10535.0, 10502.0, 10523.0, 10525.0, 10456.0, 10510.0, 10481.0, 10511.0, 10498.0, 10512.0, 10516.0, 10485.0, 10494.0, 10467.0, 10479.0, 10498.0, 10493.0, 10489.0, 10490.0, 10483.0, 10531.0, 10476.0, 10527.0, 10539.0, 10485.0, 10480.0, 10527.0, 10477.0, 10534.0, 10493.0, 10510.0, 10503.0, 10554.0, 10485.0, 10535.0, 10493.0, 10518.0, 10535.0, 10503.0, 10512.0, 10517.0, 10474.0, 10488.0, 10529.0, 10463.0, 10511.0, 10492.0, 10479.0, 10518.0, 10494.0, 10502.0, 10497.0, 10497.0, 10527.0, 10492.0, 10503.0, 10499.0, 10492.0, 10495.0, 10520.0, 10493.0, 10509.0, 10495.0, 10491.0, 10530.0, 10501.0, 10497.0, 10520.0, 10488.0, 10452.0, 10513.0, 10503.0, 10522.0, 10495.0, 10481.0, 10525.0, 10502.0, 10516.0, 10458.0, 10517.0, 10491.0, 10506.0, 10489.0, 10476.0, 10489.0, 10488.0, 10479.0, 10488.0, 10512.0, 10484.0, 10485.0, 10506.0, 10478.0, 10505.0, 10528.0, 10484.0, 10524.0, 10517.0, 10496.0, 10519.0, 10480.0, 10512.0, 10493.0, 10531.0, 10479.0, 10483.0, 10501.0, 10485.0, 10513.0, 10487.0, 10494.0, 10519.0, 10508.0, 10456.0, 10504.0, 10472.0, 10474.0, 10522.0, 10469.0, 10513.0, 10515.0, 10462.0, 10474.0, 10505.0, 10469.0, 10492.0, 10519.0, 10510.0, 10462.0, 10488.0, 10500.0, 10490.0, 10544.0, 10504.0, 10505.0, 10480.0, 10534.0, 10505.0, 10514.0, 10478.0, 10500.0, 10510.0, 10491.0, 10493.0, 10473.0, 10473.0, 10515.0, 10475.0, 10481.0, 10477.0, 10519.0, 10487.0, 10504.0, 10492.0, 10507.0, 10517.0, 10484.0, 10503.0, 10477.0, 10500.0, 10468.0, 10483.0, 10512.0, 10466.0, 10496.0, 10462.0, 10502.0, 10489.0, 10489.0, 10463.0, 10484.0, 10452.0, 10453.0, 10494.0, 10472.0, 10511.0, 10484.0, 10517.0, 10492.0, 10523.0, 10486.0, 10506.0, 10460.0, 10465.0, 10493.0, 10481.0, 10464.0, 10499.0, 10522.0, 10498.0, 10468.0, 10511.0, 10481.0, 10532.0, 10518.0, 10490.0, 10501.0], "WindowWidth": [22507.0, 22483.0, 22357.0, 22389.0, 22367.0, 22445.0, 22342.0, 22410.0, 22331.0, 22403.0, 22318.0, 22419.0, 22344.0, 22425.0, 22348.0, 22411.0, 22387.0, 22461.0, 22376.0, 22426.0, 22350.0, 22374.0, 22344.0, 22394.0, 22346.0, 22382.0, 22307.0, 22328.0, 22305.0, 22375.0, 22353.0, 22389.0, 22358.0, 22403.0, 22356.0, 22408.0, 22386.0, 22359.0, 22429.0, 22317.0, 22387.0, 22418.0, 22484.0, 22481.0, 22360.0, 22466.0, 22379.0, 22403.0, 22424.0, 22381.0, 22462.0, 22374.0, 22394.0, 22335.0, 22397.0, 22336.0, 22309.0, 22397.0, 22316.0, 22420.0, 22357.0, 22352.0, 22346.0, 22419.0, 22310.0, 22311.0, 22342.0, 22309.0, 22358.0, 22307.0, 22366.0, 22366.0, 22374.0, 22390.0, 22343.0, 22351.0, 22317.0, 22377.0, 22339.0, 22404.0, 22336.0, 22379.0, 22320.0, 22333.0, 22314.0, 22370.0, 22373.0, 22435.0, 22409.0, 22384.0, 22429.0, 22377.0, 22413.0, 22369.0, 22435.0, 22426.0, 22370.0, 22363.0, 22367.0, 22387.0, 22433.0, 22333.0, 22349.0, 22369.0, 22295.0, 22405.0, 22357.0, 22464.0, 22376.0, 22390.0, 22411.0, 22401.0, 22301.0, 22358.0, 22352.0, 22341.0, 22307.0, 22320.0, 22429.0, 22340.0, 22397.0, 22373.0, 22450.0, 22389.0, 22392.0, 22460.0, 22379.0, 22413.0, 22370.0, 22479.0, 22484.0, 22392.0, 22390.0, 22439.0, 22316.0, 22350.0, 22264.0, 22293.0, 22304.0, 22374.0, 22306.0, 22384.0, 22326.0, 22357.0, 22331.0, 22404.0, 22423.0, 22415.0, 22305.0, 22318.0, 22359.0, 22292.0, 22370.0, 22330.0, 22411.0, 22319.0, 22315.0, 22398.0, 22309.0, 22412.0, 22311.0, 22395.0, 22293.0, 22319.0, 22342.0, 22387.0, 22339.0, 22354.0, 22380.0, 22283.0, 22376.0, 22318.0, 22411.0, 22345.0, 22366.0, 22406.0, 22369.0, 22359.0, 22338.0, 22347.0, 22376.0, 22374.0, 22329.0, 22368.0, 22295.0, 22346.0, 22395.0, 22349.0, 22372.0, 22404.0, 22337.0, 22437.0, 22340.0, 22311.0, 22360.0, 22303.0, 22342.0, 22394.0, 22310.0, 22333.0, 22330.0, 22290.0, 22368.0, 22282.0, 22276.0, 22318.0, 22387.0, 22270.0, 22360.0, 22272.0, 22331.0, 22361.0, 22373.0, 22364.0, 22435.0, 22364.0, 22366.0, 22302.0, 22378.0, 22319.0, 22372.0, 22401.0, 22360.0, 22327.0, 22351.0, 22382.0, 22280.0, 22344.0, 22303.0, 22391.0, 22352.0, 22403.0, 22415.0, 22285.0, 22383.0, 22323.0, 22372.0, 22248.0, 22356.0, 22336.0, 22401.0, 22310.0, 22345.0, 22314.0, 22316.0, 22276.0, 22338.0, 22329.0, 22370.0, 22300.0, 22340.0, 22257.0, 22254.0, 22353.0, 22278.0, 22409.0, 22314.0, 22364.0, 22326.0, 22368.0, 22439.0, 22328.0, 22366.0, 22392.0, 22421.0, 22444.0, 22423.0, 22454.0, 22416.0, 22403.0, 22494.0, 22452.0, 22336.0, 22404.0, 22343.0, 22272.0, 22352.0, 22229.0, 22347.0, 22270.0, 22264.0, 22266.0, 22276.0, 22326.0, 22252.0, 22348.0, 22286.0, 22304.0, 22331.0, 22275.0, 22265.0, 22364.0, 22234.0, 22323.0, 22268.0, 22294.0, 22351.0, 22287.0, 22297.0, 22271.0, 22273.0, 22348.0, 22287.0, 22322.0, 22398.0, 22327.0, 22351.0, 22421.0, 22358.0, 22355.0, 22426.0, 22317.0, 22357.0, 22438.0, 22370.0, 22396.0, 22421.0, 22478.0, 22463.0, 22468.0, 22474.0, 22391.0, 22309.0, 22359.0, 22354.0, 22206.0, 22332.0, 22271.0, 22336.0, 22303.0, 22329.0, 22341.0, 22273.0, 22292.0, 22241.0, 22263.0, 22304.0, 22289.0, 22277.0, 22287.0, 22275.0, 22375.0, 22266.0, 22365.0, 22393.0, 22279.0, 22268.0, 22368.0, 22264.0, 22386.0, 22304.0, 22331.0, 22327.0, 22425.0, 22281.0, 22386.0, 22305.0, 22349.0, 22393.0, 22317.0, 22337.0, 22348.0, 22254.0, 22284.0, 22376.0, 22231.0, 22336.0, 22292.0, 22266.0, 22355.0, 22295.0, 22314.0, 22309.0, 22308.0, 22378.0, 22303.0, 22321.0, 22312.0, 22296.0, 22304.0, 22362.0, 22298.0, 22334.0, 22303.0, 22295.0, 22378.0, 22310.0, 22304.0, 22357.0, 22285.0, 22206.0, 22341.0, 22326.0, 22360.0, 22305.0, 22277.0, 22358.0, 22314.0, 22347.0, 22221.0, 22348.0, 22294.0, 22321.0, 22288.0, 22265.0, 22288.0, 22289.0, 22270.0, 22284.0, 22343.0, 22279.0, 22274.0, 22325.0, 22269.0, 22322.0, 22375.0, 22279.0, 22365.0, 22354.0, 22310.0, 22354.0, 22272.0, 22337.0, 22301.0, 22380.0, 22264.0, 22275.0, 22314.0, 22281.0, 22339.0, 22290.0, 22298.0, 22355.0, 22327.0, 22213.0, 22318.0, 22254.0, 22253.0, 22360.0, 22249.0, 22340.0, 22340.0, 22231.0, 22253.0, 22327.0, 22244.0, 22290.0, 22356.0, 22329.0, 22228.0, 22293.0, 22323.0, 22295.0, 22414.0, 22326.0, 22321.0, 22270.0, 22390.0, 22320.0, 22343.0, 22266.0, 22306.0, 22337.0, 22289.0, 22291.0, 22252.0, 22252.0, 22344.0, 22251.0, 22273.0, 22266.0, 22355.0, 22285.0, 22319.0, 22296.0, 22323.0, 22347.0, 22277.0, 22318.0, 22262.0, 22310.0, 22243.0, 22272.0, 22333.0, 22234.0, 22300.0, 22228.0, 22316.0, 22280.0, 22281.0, 22224.0, 22271.0, 22199.0, 22209.0, 22295.0, 22250.0, 22336.0, 22278.0, 22343.0, 22298.0, 22362.0, 22278.0, 22319.0, 22221.0, 22227.0, 22291.0, 22264.0, 22233.0, 22308.0, 22358.0, 22309.0, 22238.0, 22326.0, 22269.0, 22383.0, 22349.0, 22298.0, 22310.0]}, "slices": {}}}