{"AcquisitionMatrixPE": 96, "AcquisitionNumber": 1, "AcquisitionTime": "07:48:13.397500", "BandwidthPerPixelPhaseEncode": 33.602, "BaseResolution": 96, "BodyPartExamined": "BRAIN", "ConsistencyInfo": "N4_VD13A_LATEST_20120616", "ConversionSoftware": "dcm2niix", "ConversionSoftwareVersion": "v1.0.20210317", "DerivedVendorReportedEchoSpacing": 0.000620003, "DeviceSerialNumber": "45239", "DwellTime": 2.6e-06, "EchoTime": 0.03, "EchoTrainLength": 47, "EffectiveEchoSpacing": 0.000310001, "FlipAngle": 63, "ImageComments": "Unaliased MB4/PE3", "ImageOrientationPatientDICOM": [0.999774, 0.0102053, -0.0186467, -0.0184984, 0.849849, -0.526701], "ImageType": ["ORIGINAL", "PRIMARY", "M", "ND", "NORM", "MOSAIC"], "ImagingFrequency": 123.193, "InPlanePhaseEncodingDirectionDICOM": "COL", "InstitutionAddress": "E 24th St. 100,Austin,Southmiddle,US,78712", "InstitutionName": "Univ of Texas at Austin", "InstitutionalDepartmentName": "IRC", "MRAcquisitionType": "2D", "MagneticFieldStrength": 3, "Manufacturer": "Siemens", "ManufacturersModelName": "Skyra", "Modality": "MR", "MultibandAccelerationFactor": 4, "ParallelReductionFactorInPlane": 2, "PartialFourier": 1, "PatientPosition": "HFS", "PercentPhaseFOV": 100, "PercentSampling": 100, "PhaseEncodingDirection": "j-", "PhaseEncodingSteps": 95, "PhaseResolution": 1, "PixelBandwidth": 2005, "ProcedureStepDescription": "Poldrack2^self-scanning", "ProtocolName": "faces_localizer-run1", "PulseSequenceDetails": "%CustomerSeq%\\cmrr_mbep2d_bold", "ReceiveCoilActiveElements": "HEA;HEP", "ReceiveCoilName": "Head_32", "ReconMatrixPE": 96, "RefLinesPE": 48, "RepetitionTime": 1.16, "SAR": 0.118219, "ScanOptions": "FS", "ScanningSequence": "EP", "SequenceName": "epfid2d1_96", "SequenceVariant": "SK", "SeriesDescription": "faces_localizer-run1", "SeriesNumber": 8, "ShimSetting": [-2768, 7981, -15466, -94, -409, 335, 95, 57], "SliceThickness": 2, "SliceTiming": [0, 0.4975, 0.9975, 0.355, 0.855, 0.2125, 0.7125, 0.07, 0.57, 1.0675, 0.4275, 0.925, 0.285, 0.7825, 0.1425, 0.64, 0, 0.4975, 0.9975, 0.355, 0.855, 0.2125, 0.7125, 0.07, 0.57, 1.0675, 0.4275, 0.925, 0.285, 0.7825, 0.1425, 0.64, 0, 0.4975, 0.9975, 0.355, 0.855, 0.2125, 0.7125, 0.07, 0.57, 1.0675, 0.4275, 0.925, 0.285, 0.7825, 0.1425, 0.64, 0, 0.4975, 0.9975, 0.355, 0.855, 0.2125, 0.7125, 0.07, 0.57, 1.0675, 0.4275, 0.925, 0.285, 0.7825, 0.1425, 0.64], "SoftwareVersions": "syngo MR D13", "SpacingBetweenSlices": 2.4, "StationName": "AWP45239", "TaskName": "Object recognition task", "TotalReadoutTime": 0.0294501, "TxRefAmp": 340.824, "WipMemBlock": "8ea4773c-493f-41b8-8f15-7fe79952816a||Sequence: vd13a/R010 r/fd129fc; Dec 13 2013 16:14:27 by eja", "dcmmeta_affine": [[-2.395291805267334, -0.04431914910674095, -0.025132255628705025, 120.69869995117188], [-0.024450253695249557, 2.036097288131714, -1.2646245956420898, -81.03028106689453], [-0.044674500823020935, 1.2618876695632935, 2.039630651473999, -83.58621215820312], [0.0, 0.0, 0.0, 1.0]], "dcmmeta_reorient_transform": [[0.0, -1.0, 0.0, 95.0], [1.0, 0.0, 0.0, 0.0], [0.0, 0.0, 1.0, 0.0], [0.0, 0.0, 0.0, 1.0]], "dcmmeta_shape": [96, 96, 64, 270], "dcmmeta_slice_dim": 2, "dcmmeta_version": 0.6, "global": {"const": {"AcquisitionMatrix": [96, 0, 0, 96], "AngioFlag": "N", "BitsAllocated": 16, "BitsStored": 16, "BodyPartExamined": "BRAIN", "Columns": 768, "DeidentificationMethodCodeSequence": [{"CodeMeaning": "XNAT Edit Script", "CodeValue": "93", "CodingSchemeDesignator": "XNAT", "CodingSchemeVersion": "0.1"}], "EchoNumbers": 1, "EchoTime": 30.0, "EchoTrainLength": 47, "FlipAngle": 63.0, "HighBit": 15, "ImageOrientationPatient": [0.99977404952276, 0.01020532393808, -0.0186467494265, -0.0184984285776, 0.84984933484753, -0.5267009741773], "ImagePositionPatient": [-906.41523205444, -804.74294324662, 475.29801979486], "ImageType": ["ORIGINAL", "PRIMARY", "M", "ND", "NORM", "MOSAIC"], "ImagedNucleus": "1H", "ImagingFrequency": 123.192829, "InPlanePhaseEncodingDirection": "COL", "MRAcquisitionType": "2D", "MagneticFieldStrength": 3.0, "Manufacturer": "SIEMENS", "ManufacturerModelName": "Skyra", "Modality": "MR", "NumberOfAverages": 1.0, "NumberOfPhaseEncodingSteps": 95, "PercentPhaseFieldOfView": 100.0, "PercentSampling": 100.0, "PerformedProcedureStepStartTime": "071851.708000", "PhotometricInterpretation": "MONOCHROME2", "PixelBandwidth": 2005.0, "PixelRepresentation": 0, "PixelSpacing": [2.3958332538605, 2.3958332538605], "ProtocolName": "faces_localizer-run1", "RepetitionTime": 1160.0, "Rows": 768, "SAR": 0.11821877013478, "SamplesPerPixel": 1, "ScanOptions": "FS", "ScanningSequence": "EP", "SequenceName": "epfid2d1_96", "SequenceVariant": "SK", "SeriesDescription": "faces_localizer-run1", "SeriesNumber": 8, "SeriesTime": "074907.266000", "SliceLocation": -29.602315209086, "SliceThickness": 2.0, "SmallestImagePixelValue": 0, "SoftwareVersions": "syngo MR D13", "SpacingBetweenSlices": 2.4000000034749, "SpecificCharacterSet": "ISO_IR 100", "StudyID": "1", "StudyTime": "071851.662000", "TransmitCoilName": "Body", "VariableFlipAngleFlag": "N", "WindowCenterWidthExplanation": "Algo1", "dBdt": 0.0}, "slices": {}}, "time": {"samples": {"AcquisitionNumber": [1, 2, 3, 4, 5, 6, 7, 8, 9, 10, 11, 12, 13, 14, 15, 16, 17, 18, 19, 20, 21, 22, 23, 24, 25, 26, 27, 28, 29, 30, 31, 32, 33, 34, 35, 36, 37, 38, 39, 40, 41, 42, 43, 44, 45, 46, 47, 48, 49, 50, 51, 52, 53, 54, 55, 56, 57, 58, 59, 60, 61, 62, 63, 64, 65, 66, 67, 68, 69, 70, 71, 72, 73, 74, 75, 76, 77, 78, 79, 80, 81, 82, 83, 84, 85, 86, 87, 88, 89, 90, 91, 92, 93, 94, 95, 96, 97, 98, 99, 100, 101, 102, 103, 104, 105, 106, 107, 108, 109, 110, 111, 112, 113, 114, 115, 116, 117, 118, 119, 120, 121, 122, 123, 124, 125, 126, 127, 128, 129, 130, 131, 132, 133, 134, 135, 136, 137, 138, 139, 140, 141, 142, 143, 144, 145, 146, 147, 148, 149, 150, 151, 152, 153, 154, 155, 156, 157, 158, 159, 160, 161, 162, 163, 164, 165, 166, 167, 168, 169, 170, 171, 172, 173, 174, 175, 176, 177, 178, 179, 180, 181, 182, 183, 184, 185, 186, 187, 188, 189, 190, 191, 192, 193, 194, 195, 196, 197, 198, 199, 200, 201, 202, 203, 204, 205, 206, 207, 208, 209, 210, 211, 212, 213, 214, 215, 216, 217, 218, 219, 220, 221, 222, 223, 224, 225, 226, 227, 228, 229, 230, 231, 232, 233, 234, 235, 236, 237, 238, 239, 240, 241, 242, 243, 244, 245, 246, 247, 248, 249, 250, 251, 252, 253, 254, 255, 256, 257, 258, 259, 260, 261, 262, 263, 264, 265, 266, 267, 268, 269, 270], "AcquisitionTime": ["074813.397500", "074820.337500", "074821.497500", "074822.657500", "074823.817500", "074824.977500", "074826.137500", "074827.297500", "074828.457500", "074829.617500", "074830.777500", "074831.937500", "074833.097500", "074834.257500", "074835.417500", "074836.577500", "074837.737500", "074838.897500", "074840.057500", "074841.217500", "074842.377500", "074843.537500", "074844.697500", "074845.857500", "074847.017500", "074848.177500", "074849.337500", "074850.497500", "074851.657500", "074852.817500", "074853.977500", "074855.137500", "074856.297500", "074857.457500", "074858.617500", "074859.777500", "074900.937500", "074902.097500", "074903.257500", "074904.417500", "074905.577500", "074906.737500", "074907.897500", "074909.057500", "074910.217500", "074911.377500", "074912.537500", "074913.697500", "074914.857500", "074916.017500", "074917.177500", "074918.337500", "074919.497500", "074920.657500", "074921.817500", "074922.977500", "074924.137500", "074925.297500", "074926.457500", "074927.617500", "074928.777500", "074929.937500", "074931.097500", "074932.257500", "074933.417500", "074934.577500", "074935.737500", "074936.897500", "074938.057500", "074939.217500", "074940.377500", "074941.537500", "074942.697500", "074943.857500", "074945.017500", "074946.177500", "074947.337500", "074948.497500", "074949.657500", "074950.817500", "074951.977500", "074953.137500", "074954.297500", "074955.457500", "074956.617500", "074957.777500", "074958.937500", "075000.097500", "075001.257500", "075002.417500", "075003.577500", "075004.737500", "075005.897500", "075007.057500", "075008.217500", "075009.377500", "075010.537500", "075011.697500", "075012.857500", "075014.017500", "075015.177500", "075016.337500", "075017.497500", "075018.657500", "075019.817500", "075020.977500", "075022.137500", "075023.297500", "075024.457500", "075025.617500", "075026.777500", "075027.937500", "075029.097500", "075030.257500", "075031.417500", "075032.577500", "075033.737500", "075034.897500", "075036.057500", "075037.217500", "075038.377500", "075039.537500", "075040.697500", "075041.857500", "075043.017500", "075044.177500", "075045.337500", "075046.497500", "075047.657500", "075048.817500", "075049.977500", "075051.137500", "075052.297500", "075053.457500", "075054.617500", "075055.777500", "075056.937500", "075058.097500", "075059.257500", "075100.417500", "075101.577500", "075102.737500", "075103.897500", "075105.057500", "075106.217500", "075107.377500", "075108.537500", "075109.697500", "075110.857500", "075112.017500", "075113.177500", "075114.337500", "075115.497500", "075116.657500", "075117.817500", "075118.977500", "075120.137500", "075121.297500", "075122.457500", "075123.617500", "075124.777500", "075125.937500", "075127.097500", "075128.257500", "075129.417500", "075130.577500", "075131.737500", "075132.897500", "075134.057500", "075135.217500", "075136.377500", "075137.537500", "075138.697500", "075139.857500", "075141.017500", "075142.177500", "075143.337500", "075144.497500", "075145.657500", "075146.817500", "075147.977500", "075149.137500", "075150.297500", "075151.457500", "075152.617500", "075153.777500", "075154.937500", "075156.097500", "075157.257500", "075158.417500", "075159.577500", "075200.737500", "075201.897500", "075203.057500", "075204.217500", "075205.377500", "075206.537500", "075207.697500", "075208.857500", "075210.017500", "075211.177500", "075212.337500", "075213.497500", "075214.657500", "075215.817500", "075216.977500", "075218.137500", "075219.297500", "075220.457500", "075221.617500", "075222.777500", "075223.937500", "075225.097500", "075226.257500", "075227.417500", "075228.577500", "075229.737500", "075230.897500", "075232.057500", "075233.217500", "075234.377500", "075235.537500", "075236.697500", "075237.857500", "075239.020000", "075240.180000", "075241.340000", "075242.500000", "075243.660000", "075244.820000", "075245.980000", "075247.140000", "075248.300000", "075249.460000", "075250.620000", "075251.780000", "075252.940000", "075254.100000", "075255.260000", "075256.420000", "075257.580000", "075258.740000", "075259.900000", "075301.060000", "075302.220000", "075303.380000", "075304.540000", "075305.700000", "075306.860000", "075308.020000", "075309.180000", "075310.340000", "075311.500000", "075312.660000", "075313.820000", "075314.980000", "075316.140000", "075317.300000", "075318.460000", "075319.620000", "075320.780000", "075321.940000", "075323.100000", "075324.260000", "075325.420000", "075326.580000", "075327.740000", "075328.900000", "075330.060000", "075331.220000"], "ContentTime": ["074907.270000", "074907.274000", "074907.279000", "074907.283000", "074907.287000", "074907.291000", "074907.318000", "074907.322000", "074907.326000", "074907.329000", "074907.334000", "074907.339000", "074907.343000", "074907.347000", "074907.353000", "074907.357000", "074907.361000", "074907.365000", "074907.371000", "074907.375000", "074907.379000", "074907.383000", "074907.387000", "074907.391000", "074907.395000", "074907.399000", "074907.404000", "074907.408000", "074907.411000", "074907.415000", "074907.419000", "074907.423000", "074907.427000", "074907.431000", "074907.436000", "074907.440000", "074907.444000", "074927.223000", "074927.228000", "074927.232000", "074927.235000", "074927.239000", "074927.243000", "074927.247000", "074927.251000", "074927.255000", "074927.259000", "074927.263000", "074927.276000", "074927.281000", "074927.285000", "074927.289000", "074927.293000", "074927.297000", "074927.300000", "074927.304000", "074927.308000", "075007.221000", "075007.225000", "075007.229000", "075007.233000", "075007.242000", "075007.246000", "075007.250000", "075007.254000", "075007.258000", "075007.262000", "075007.265000", "075007.269000", "075007.273000", "075007.277000", "075007.281000", "075007.285000", "075007.289000", "075007.293000", "075007.297000", "075007.301000", "075007.305000", "075007.309000", "075007.313000", "075007.317000", "075007.321000", "075007.325000", "075007.329000", "075007.333000", "075007.337000", "075007.341000", "075007.345000", "075007.349000", "075007.353000", "075007.356000", "075007.360000", "075047.224000", "075047.228000", "075047.232000", "075047.236000", "075047.240000", "075047.245000", "075047.249000", "075047.253000", "075047.257000", "075047.261000", "075047.265000", "075047.269000", "075047.273000", "075047.277000", "075047.281000", "075047.285000", "075047.289000", "075047.293000", "075047.297000", "075047.301000", "075047.304000", "075047.309000", "075047.313000", "075047.317000", "075047.321000", "075047.325000", "075047.329000", "075047.332000", "075047.336000", "075047.341000", "075047.345000", "075047.349000", "075047.353000", "075047.357000", "075127.223000", "075127.235000", "075127.239000", "075127.243000", "075127.247000", "075127.251000", "075127.255000", "075127.259000", "075127.262000", "075127.267000", "075127.271000", "075127.275000", "075127.279000", "075127.283000", "075127.287000", "075127.291000", "075127.295000", "075127.299000", "075127.303000", "075127.306000", "075127.310000", "075127.314000", "075127.318000", "075127.322000", "075127.326000", "075127.330000", "075127.334000", "075127.338000", "075127.342000", "075127.346000", "075127.350000", "075127.354000", "075127.358000", "075127.363000", "075127.367000", "075207.224000", "075207.229000", "075207.233000", "075207.237000", "075207.240000", "075207.244000", "075207.248000", "075207.252000", "075207.256000", "075207.260000", "075207.264000", "075207.268000", "075207.272000", "075207.276000", "075207.280000", "075207.284000", "075207.288000", "075207.292000", "075207.296000", "075207.299000", "075207.303000", "075207.308000", "075207.312000", "075207.316000", "075207.320000", "075207.324000", "075207.328000", "075207.337000", "075207.341000", "075207.345000", "075207.350000", "075207.353000", "075207.357000", "075207.361000", "075247.222000", "075247.227000", "075247.236000", "075247.240000", "075247.244000", "075247.248000", "075247.252000", "075247.256000", "075247.260000", "075247.263000", "075247.268000", "075247.272000", "075247.276000", "075247.280000", "075247.284000", "075247.288000", "075247.292000", "075247.295000", "075247.299000", "075247.303000", "075247.307000", "075247.311000", "075247.315000", "075247.319000", "075247.323000", "075247.327000", "075247.331000", "075247.335000", "075247.339000", "075247.343000", "075247.347000", "075247.351000", "075247.354000", "075247.358000", "075247.362000", "075327.223000", "075327.228000", "075327.232000", "075327.236000", "075327.240000", "075327.252000", "075327.256000", "075327.261000", "075327.265000", "075327.268000", "075327.272000", "075327.276000", "075327.280000", "075327.284000", "075327.288000", "075327.292000", "075327.296000", "075327.300000", "075327.304000", "075327.308000", "075327.312000", "075327.316000", "075327.320000", "075327.324000", "075327.328000", "075327.332000", "075327.336000", "075327.340000", "075327.344000", "075327.348000", "075327.352000", "075327.357000", "075327.361000", "075327.365000", "075333.389000", "075333.393000", "075333.397000", "075333.402000", "075333.406000", "075333.410000"], "InstanceCreationTime": ["074907.270000", "074907.274000", "074907.279000", "074907.283000", "074907.287000", "074907.291000", "074907.318000", "074907.322000", "074907.326000", "074907.329000", "074907.334000", "074907.339000", "074907.343000", "074907.347000", "074907.353000", "074907.357000", "074907.361000", "074907.365000", "074907.371000", "074907.375000", "074907.379000", "074907.383000", "074907.387000", "074907.391000", "074907.395000", "074907.399000", "074907.404000", "074907.408000", "074907.411000", "074907.415000", "074907.419000", "074907.423000", "074907.427000", "074907.431000", "074907.436000", "074907.440000", "074907.444000", "074927.223000", "074927.228000", "074927.232000", "074927.235000", "074927.239000", "074927.243000", "074927.247000", "074927.251000", "074927.255000", "074927.259000", "074927.263000", "074927.276000", "074927.281000", "074927.285000", "074927.289000", "074927.293000", "074927.297000", "074927.300000", "074927.304000", "074927.308000", "075007.221000", "075007.225000", "075007.229000", "075007.233000", "075007.242000", "075007.246000", "075007.250000", "075007.254000", "075007.258000", "075007.262000", "075007.265000", "075007.269000", "075007.273000", "075007.277000", "075007.281000", "075007.285000", "075007.289000", "075007.293000", "075007.297000", "075007.301000", "075007.305000", "075007.309000", "075007.313000", "075007.317000", "075007.321000", "075007.325000", "075007.329000", "075007.333000", "075007.337000", "075007.341000", "075007.345000", "075007.349000", "075007.353000", "075007.356000", "075007.360000", "075047.224000", "075047.228000", "075047.232000", "075047.236000", "075047.240000", "075047.245000", "075047.249000", "075047.253000", "075047.257000", "075047.261000", "075047.265000", "075047.269000", "075047.273000", "075047.277000", "075047.281000", "075047.285000", "075047.289000", "075047.293000", "075047.297000", "075047.301000", "075047.304000", "075047.309000", "075047.313000", "075047.317000", "075047.321000", "075047.325000", "075047.329000", "075047.332000", "075047.336000", "075047.341000", "075047.345000", "075047.349000", "075047.353000", "075047.357000", "075127.223000", "075127.235000", "075127.239000", "075127.243000", "075127.247000", "075127.251000", "075127.255000", "075127.259000", "075127.262000", "075127.267000", "075127.271000", "075127.275000", "075127.279000", "075127.283000", "075127.287000", "075127.291000", "075127.295000", "075127.299000", "075127.303000", "075127.306000", "075127.310000", "075127.314000", "075127.318000", "075127.322000", "075127.326000", "075127.330000", "075127.334000", "075127.338000", "075127.342000", "075127.346000", "075127.350000", "075127.354000", "075127.358000", "075127.363000", "075127.367000", "075207.224000", "075207.229000", "075207.233000", "075207.237000", "075207.240000", "075207.244000", "075207.248000", "075207.252000", "075207.256000", "075207.260000", "075207.264000", "075207.268000", "075207.272000", "075207.276000", "075207.280000", "075207.284000", "075207.288000", "075207.292000", "075207.296000", "075207.299000", "075207.303000", "075207.308000", "075207.312000", "075207.316000", "075207.320000", "075207.324000", "075207.328000", "075207.337000", "075207.341000", "075207.345000", "075207.350000", "075207.353000", "075207.357000", "075207.361000", "075247.222000", "075247.227000", "075247.236000", "075247.240000", "075247.244000", "075247.248000", "075247.252000", "075247.256000", "075247.260000", "075247.263000", "075247.268000", "075247.272000", "075247.276000", "075247.280000", "075247.284000", "075247.288000", "075247.292000", "075247.295000", "075247.299000", "075247.303000", "075247.307000", "075247.311000", "075247.315000", "075247.319000", "075247.323000", "075247.327000", "075247.331000", "075247.335000", "075247.339000", "075247.343000", "075247.347000", "075247.351000", "075247.354000", "075247.358000", "075247.362000", "075327.223000", "075327.228000", "075327.232000", "075327.236000", "075327.240000", "075327.252000", "075327.256000", "075327.261000", "075327.265000", "075327.268000", "075327.272000", "075327.276000", "075327.280000", "075327.284000", "075327.288000", "075327.292000", "075327.296000", "075327.300000", "075327.304000", "075327.308000", "075327.312000", "075327.316000", "075327.320000", "075327.324000", "075327.328000", "075327.332000", "075327.336000", "075327.340000", "075327.344000", "075327.348000", "075327.352000", "075327.357000", "075327.361000", "075327.365000", "075333.389000", "075333.393000", "075333.397000", "075333.402000", "075333.406000", "075333.410000"], "InstanceNumber": [1, 2, 3, 4, 5, 6, 7, 8, 9, 10, 11, 12, 13, 14, 15, 16, 17, 18, 19, 20, 21, 22, 23, 24, 25, 26, 27, 28, 29, 30, 31, 32, 33, 34, 35, 36, 37, 38, 39, 40, 41, 42, 43, 44, 45, 46, 47, 48, 49, 50, 51, 52, 53, 54, 55, 56, 57, 58, 59, 60, 61, 62, 63, 64, 65, 66, 67, 68, 69, 70, 71, 72, 73, 74, 75, 76, 77, 78, 79, 80, 81, 82, 83, 84, 85, 86, 87, 88, 89, 90, 91, 92, 93, 94, 95, 96, 97, 98, 99, 100, 101, 102, 103, 104, 105, 106, 107, 108, 109, 110, 111, 112, 113, 114, 115, 116, 117, 118, 119, 120, 121, 122, 123, 124, 125, 126, 127, 128, 129, 130, 131, 132, 133, 134, 135, 136, 137, 138, 139, 140, 141, 142, 143, 144, 145, 146, 147, 148, 149, 150, 151, 152, 153, 154, 155, 156, 157, 158, 159, 160, 161, 162, 163, 164, 165, 166, 167, 168, 169, 170, 171, 172, 173, 174, 175, 176, 177, 178, 179, 180, 181, 182, 183, 184, 185, 186, 187, 188, 189, 190, 191, 192, 193, 194, 195, 196, 197, 198, 199, 200, 201, 202, 203, 204, 205, 206, 207, 208, 209, 210, 211, 212, 213, 214, 215, 216, 217, 218, 219, 220, 221, 222, 223, 224, 225, 226, 227, 228, 229, 230, 231, 232, 233, 234, 235, 236, 237, 238, 239, 240, 241, 242, 243, 244, 245, 246, 247, 248, 249, 250, 251, 252, 253, 254, 255, 256, 257, 258, 259, 260, 261, 262, 263, 264, 265, 266, 267, 268, 269, 270], "LargestImagePixelValue": [42160, 30610, 27400, 26524, 26884, 39072, 31177, 36918, 38856, 26657, 42195, 25032, 37252, 28030, 39229, 26270, 39377, 25805, 32370, 26172, 27038, 41291, 23840, 28137, 26129, 35915, 26987, 37257, 26019, 27419, 29380, 26439, 35679, 26859, 27078, 31706, 30106, 39882, 31942, 38379, 27577, 30607, 39800, 35634, 35432, 27046, 26217, 31353, 25799, 26856, 38787, 28401, 33571, 39235, 36525, 25729, 36652, 25487, 31996, 28091, 26513, 27316, 33977, 23741, 37082, 28202, 30255, 39678, 31735, 26103, 38261, 30415, 25343, 37711, 26742, 27308, 29486, 27091, 28884, 40794, 26640, 35666, 37269, 37961, 36676, 27406, 28760, 29433, 32212, 38959, 31563, 29803, 33392, 27181, 31242, 38408, 28877, 32173, 28775, 27565, 37537, 35287, 27457, 37177, 25638, 25840, 37993, 33637, 30217, 27900, 39583, 30161, 29698, 30832, 27949, 41108, 30934, 39017, 29104, 26735, 26649, 39699, 27457, 30250, 35453, 26615, 40535, 30693, 38680, 25839, 29111, 40908, 25984, 33721, 28526, 39141, 26191, 35751, 33618, 26488, 36690, 26250, 31805, 28646, 28087, 37724, 28741, 31694, 28757, 24569, 38129, 31945, 26120, 37607, 27786, 35179, 26012, 35410, 37875, 27942, 31606, 27780, 29468, 30973, 39205, 31577, 32658, 28154, 28478, 29973, 40970, 28279, 31452, 26265, 31503, 36595, 26279, 39870, 28849, 27874, 27947, 39291, 30873, 35557, 26909, 26434, 36116, 27432, 31821, 23769, 33393, 27061, 28805, 33244, 26605, 32174, 27206, 33000, 39187, 26972, 28962, 27200, 25688, 38783, 35609, 37154, 30827, 39376, 26109, 37528, 29101, 27077, 38701, 25922, 28061, 35823, 29204, 26167, 26882, 24738, 34914, 27593, 30603, 40111, 31912, 38304, 26819, 33890, 35440, 27720, 36343, 26036, 34431, 28766, 28119, 38981, 30334, 41457, 27804, 36995, 26400, 32971, 26712, 26109, 37840, 26645, 29921, 27787, 29937, 28700, 28222, 38001, 36383, 31574, 32169, 28114, 26918, 38549, 28260, 27894, 32760, 25188, 37699, 29295, 38884, 27291, 37382, 35867, 33586, 26111], "WindowCenter": [10498.0, 10464.0, 10436.0, 10428.0, 10439.0, 10484.0, 10459.0, 10464.0, 10460.0, 10395.0, 10463.0, 10412.0, 10462.0, 10412.0, 10448.0, 10404.0, 10463.0, 10411.0, 10444.0, 10407.0, 10408.0, 10454.0, 10396.0, 10426.0, 10412.0, 10448.0, 10403.0, 10447.0, 10411.0, 10434.0, 10422.0, 10427.0, 10461.0, 10422.0, 10446.0, 10464.0, 10442.0, 10468.0, 10444.0, 10453.0, 10423.0, 10431.0, 10436.0, 10423.0, 10427.0, 10407.0, 10425.0, 10450.0, 10425.0, 10452.0, 10475.0, 10415.0, 10442.0, 10433.0, 10427.0, 10381.0, 10442.0, 10415.0, 10453.0, 10423.0, 10415.0, 10428.0, 10446.0, 10407.0, 10464.0, 10424.0, 10430.0, 10471.0, 10432.0, 10415.0, 10447.0, 10416.0, 10393.0, 10452.0, 10428.0, 10431.0, 10431.0, 10428.0, 10440.0, 10461.0, 10424.0, 10455.0, 10447.0, 10439.0, 10440.0, 10407.0, 10408.0, 10424.0, 10430.0, 10455.0, 10436.0, 10422.0, 10428.0, 10425.0, 10426.0, 10456.0, 10433.0, 10439.0, 10432.0, 10417.0, 10445.0, 10444.0, 10419.0, 10452.0, 10424.0, 10429.0, 10472.0, 10463.0, 10431.0, 10448.0, 10474.0, 10427.0, 10424.0, 10426.0, 10405.0, 10445.0, 10435.0, 10477.0, 10428.0, 10403.0, 10406.0, 10444.0, 10396.0, 10409.0, 10432.0, 10407.0, 10447.0, 10404.0, 10434.0, 10392.0, 10396.0, 10418.0, 10376.0, 10405.0, 10398.0, 10434.0, 10399.0, 10437.0, 10425.0, 10394.0, 10428.0, 10390.0, 10430.0, 10434.0, 10413.0, 10452.0, 10413.0, 10433.0, 10422.0, 10402.0, 10458.0, 10436.0, 10405.0, 10456.0, 10422.0, 10458.0, 10415.0, 10457.0, 10456.0, 10423.0, 10427.0, 10421.0, 10446.0, 10438.0, 10465.0, 10431.0, 10430.0, 10428.0, 10428.0, 10418.0, 10458.0, 10413.0, 10443.0, 10414.0, 10428.0, 10439.0, 10408.0, 10455.0, 10413.0, 10415.0, 10409.0, 10453.0, 10409.0, 10423.0, 10394.0, 10388.0, 10422.0, 10393.0, 10427.0, 10395.0, 10430.0, 10400.0, 10419.0, 10424.0, 10397.0, 10424.0, 10403.0, 10426.0, 10432.0, 10393.0, 10417.0, 10420.0, 10417.0, 10457.0, 10434.0, 10435.0, 10410.0, 10440.0, 10410.0, 10441.0, 10413.0, 10404.0, 10449.0, 10408.0, 10414.0, 10449.0, 10401.0, 10394.0, 10406.0, 10398.0, 10458.0, 10434.0, 10418.0, 10446.0, 10432.0, 10437.0, 10401.0, 10434.0, 10428.0, 10405.0, 10456.0, 10400.0, 10440.0, 10417.0, 10417.0, 10444.0, 10411.0, 10457.0, 10409.0, 10438.0, 10398.0, 10425.0, 10397.0, 10398.0, 10444.0, 10399.0, 10411.0, 10423.0, 10416.0, 10424.0, 10426.0, 10446.0, 10432.0, 10413.0, 10434.0, 10417.0, 10395.0, 10435.0, 10393.0, 10388.0, 10413.0, 10394.0, 10450.0, 10422.0, 10449.0, 10400.0, 10442.0, 10431.0, 10407.0, 10393.0], "WindowWidth": [22310.0, 22214.0, 22148.0, 22130.0, 22152.0, 22240.0, 22187.0, 22195.0, 22181.0, 22050.0, 22188.0, 22084.0, 22187.0, 22081.0, 22158.0, 22070.0, 22191.0, 22085.0, 22151.0, 22075.0, 22073.0, 22171.0, 22048.0, 22117.0, 22086.0, 22157.0, 22070.0, 22160.0, 22092.0, 22132.0, 22112.0, 22115.0, 22189.0, 22109.0, 22163.0, 22197.0, 22149.0, 22206.0, 22155.0, 22173.0, 22108.0, 22121.0, 22135.0, 22108.0, 22112.0, 22070.0, 22116.0, 22175.0, 22112.0, 22173.0, 22216.0, 22093.0, 22142.0, 22126.0, 22106.0, 22018.0, 22149.0, 22092.0, 22176.0, 22115.0, 22093.0, 22116.0, 22156.0, 22076.0, 22202.0, 22117.0, 22125.0, 22208.0, 22124.0, 22087.0, 22159.0, 22095.0, 22046.0, 22170.0, 22120.0, 22127.0, 22129.0, 22118.0, 22140.0, 22193.0, 22106.0, 22177.0, 22159.0, 22139.0, 22140.0, 22069.0, 22074.0, 22114.0, 22121.0, 22172.0, 22131.0, 22099.0, 22118.0, 22110.0, 22115.0, 22175.0, 22128.0, 22136.0, 22128.0, 22097.0, 22152.0, 22148.0, 22098.0, 22172.0, 22109.0, 22122.0, 22221.0, 22198.0, 22130.0, 22160.0, 22213.0, 22117.0, 22109.0, 22107.0, 22065.0, 22153.0, 22126.0, 22214.0, 22119.0, 22070.0, 22071.0, 22152.0, 22051.0, 22076.0, 22124.0, 22068.0, 22161.0, 22066.0, 22125.0, 22033.0, 22040.0, 22090.0, 21999.0, 22065.0, 22052.0, 22124.0, 22048.0, 22125.0, 22097.0, 22036.0, 22115.0, 22038.0, 22116.0, 22128.0, 22088.0, 22164.0, 22088.0, 22129.0, 22108.0, 22066.0, 22181.0, 22137.0, 22072.0, 22182.0, 22109.0, 22183.0, 22098.0, 22173.0, 22174.0, 22104.0, 22114.0, 22105.0, 22153.0, 22135.0, 22190.0, 22125.0, 22120.0, 22115.0, 22118.0, 22097.0, 22184.0, 22087.0, 22148.0, 22095.0, 22120.0, 22142.0, 22076.0, 22177.0, 22086.0, 22095.0, 22078.0, 22167.0, 22078.0, 22101.0, 22045.0, 22031.0, 22101.0, 22044.0, 22107.0, 22043.0, 22122.0, 22059.0, 22092.0, 22109.0, 22050.0, 22110.0, 22067.0, 22108.0, 22124.0, 22045.0, 22097.0, 22103.0, 22098.0, 22181.0, 22128.0, 22129.0, 22078.0, 22136.0, 22073.0, 22142.0, 22085.0, 22068.0, 22163.0, 22076.0, 22087.0, 22156.0, 22059.0, 22046.0, 22073.0, 22056.0, 22184.0, 22129.0, 22096.0, 22156.0, 22124.0, 22135.0, 22060.0, 22132.0, 22116.0, 22067.0, 22168.0, 22059.0, 22143.0, 22097.0, 22090.0, 22153.0, 22079.0, 22175.0, 22080.0, 22137.0, 22054.0, 22108.0, 22052.0, 22055.0, 22153.0, 22057.0, 22079.0, 22098.0, 22091.0, 22112.0, 22111.0, 22151.0, 22123.0, 22084.0, 22121.0, 22086.0, 22042.0, 22131.0, 22040.0, 22027.0, 22079.0, 22047.0, 22166.0, 22105.0, 22161.0, 22060.0, 22137.0, 22111.0, 22066.0, 22033.0]}, "slices": {}}}