{
    "AcquisitionMatrixPE": 96,
    "AcquisitionNumber": 1,
    "AcquisitionTime": "07:48:12.477500",
    "BaseResolution": 96,
    "BodyPartExamined": "BRAIN",
    "ConsistencyInfo": "N4_VD11D_LATEST_20110129",
    "ConversionSoftware": "dcm2niix",
    "ConversionSoftwareVersion": "v1.0.20210317",
    "DeviceSerialNumber": "45239",
    "DwellTime": 9.2e-06,
    "EchoNumber": 2,
    "EchoTime": 0.00738,
    "EchoTime1": 0.00492,
    "EchoTime2": 0.00738,
    "FlipAngle": 50,
    "ImageOrientationPatientDICOM": [
        0.99865,
        0.0075462,
        0.05139,
        0.0218828,
        0.836173,
        -0.548029
    ],
    "ImageType": [
        "ORIGINAL",
        "PRIMARY",
        "P",
        "ND",
        "PHASE"
    ],
    "ImagingFrequency": 123.193,
    "InPlanePhaseEncodingDirectionDICOM": "COL",
    "InstitutionAddress": "E 24th St. 100,Austin,Southmiddle,US,78712",
    "InstitutionName": "Univ of Texas at Austin",
    "InstitutionalDepartmentName": "IRC",
    "MRAcquisitionType": "2D",
    "MagneticFieldStrength": 3,
    "Manufacturer": "Siemens",
    "ManufacturersModelName": "Skyra",
    "Modality": "MR",
    "PartialFourier": 1,
    "PatientPosition": "HFS",
    "PercentPhaseFOV": 100,
    "PercentSampling": 100,
    "PhaseEncodingDirection": "j-",
    "PhaseEncodingSteps": 96,
    "PhaseResolution": 1,
    "PixelBandwidth": 565,
    "ProcedureStepDescription": "Poldrack2^self-scanning",
    "ProtocolName": "gre_field_mapping",
    "PulseSequenceDetails": "%SiemensSeq%\\gre_field_mapping",
    "ReceiveCoilActiveElements": "HEA;HEP",
    "ReceiveCoilName": "Head_32",
    "ReconMatrixPE": 96,
    "RepetitionTime": 0.731,
    "SAR": 0.121165,
    "ScanningSequence": "GR",
    "SequenceName": "*fm2d2r",
    "SequenceVariant": "SP",
    "SeriesDescription": "gre_field_mapping",
    "SeriesNumber": 12,
    "ShimSetting": [
        -2773,
        8049,
        -15442,
        145,
        -215,
        112,
        283,
        -111
    ],
    "SliceThickness": 2,
    "SliceTiming": [
        0.36719,
        0,
        0.375,
        0.01562,
        0.39062,
        0.02344,
        0.39844,
        0.03906,
        0.41406,
        0.04688,
        0.42188,
        0.05469,
        0.42969,
        0.07031,
        0.44531,
        0.07812,
        0.45312,
        0.08594,
        0.46875,
        0.10156,
        0.47656,
        0.10938,
        0.48438,
        0.11719,
        0.5,
        0.13281,
        0.50781,
        0.14062,
        0.51562,
        0.15625,
        0.53125,
        0.16406,
        0.53906,
        0.17188,
        0.54688,
        0.1875,
        0.5625,
        0.19531,
        0.57031,
        0.21094,
        0.58594,
        0.21875,
        0.59375,
        0.22656,
        0.60938,
        0.24219,
        0.61719,
        0.25,
        0.625,
        0.25781,
        0.64062,
        0.27344,
        0.64844,
        0.28125,
        0.65625,
        0.29688,
        0.67188,
        0.30469,
        0.67969,
        0.3125,
        0.6875,
        0.32812,
        0.70312,
        0.33594,
        0.71094,
        0.35156,
        0.72656,
        0.35938
    ],
    "SoftwareVersions": "syngo MR D11",
    "SpacingBetweenSlices": 2.4,
    "StationName": "AWP45239",
    "TxRefAmp": 346.21,
    "dcmmeta_affine": [
        [
            -2.39259934425354,
            0.05242747440934181,
            0.11305522918701172,
            110.15348815917969
        ],
        [
            -0.018079442903399467,
            2.0033318996429443,
            -1.316192626953125,
            -63.603919982910156
        ],
        [
            0.12312179058790207,
            1.3129849433898926,
            2.0037155151367188,
            -103.4400405883789
        ],
        [
            0.0,
            0.0,
            0.0,
            1.0
        ]
    ],
    "dcmmeta_reorient_transform": [
        [
            0.0,
            -1.0,
            0.0,
            95.0
        ],
        [
            1.0,
            0.0,
            0.0,
            0.0
        ],
        [
            0.0,
            0.0,
            -1.0,
            67.0
        ],
        [
            0.0,
            0.0,
            0.0,
            1.0
        ]
    ],
    "dcmmeta_shape": [
        96,
        96,
        68
    ],
    "dcmmeta_slice_dim": 2,
    "dcmmeta_version": 0.6,
    "global": {
        "const": {
            "AcquisitionMatrix": [
                96,
                0,
                0,
                96
            ],
            "AcquisitionNumber": 1,
            "AngioFlag": "N",
            "BitsAllocated": 16,
            "BitsStored": 12,
            "BodyPartExamined": "BRAIN",
            "Columns": 96,
            "EchoNumbers": 2,
            "EchoTime": 7.38,
            "EchoTrainLength": 0,
            "FlipAngle": 50.0,
            "HighBit": 11,
            "ImageOrientationPatient": [
                0.99865015202756,
                0.00754620259302,
                0.05138996674204,
                0.0218827726656,
                0.8361733538927,
                -0.5480285270862
            ],
            "ImageType": [
                "ORIGINAL",
                "PRIMARY",
                "P",
                "ND"
            ],
            "ImagedNucleus": "1H",
            "ImagingFrequency": 123.193297,
            "InPlanePhaseEncodingDirection": "COL",
            "MRAcquisitionType": "2D",
            "MagneticFieldStrength": 3.0,
            "Manufacturer": "SIEMENS",
            "ManufacturerModelName": "Skyra",
            "Modality": "MR",
            "NumberOfAverages": 1.0,
            "NumberOfPhaseEncodingSteps": 96,
            "PercentPhaseFieldOfView": 100.0,
            "PercentSampling": 100.0,
            "PerformedProcedureStepStartTime": "071121.718000",
            "PhotometricInterpretation": "MONOCHROME2",
            "PixelBandwidth": 565.0,
            "PixelRepresentation": 0,
            "PixelSpacing": [
                2.3958332538605,
                2.3958332538605
            ],
            "ProtocolName": "gre_field_mapping",
            "RepetitionTime": 731.0,
            "RescaleIntercept": -4096.0,
            "RescaleSlope": 2.0,
            "RescaleType": "US",
            "Rows": 96,
            "SAR": 0.12116466387462,
            "SamplesPerPixel": 1,
            "ScanningSequence": "GR",
            "SequenceName": "*fm2d2r",
            "SequenceVariant": "SP",
            "SeriesDescription": "gre_field_mapping",
            "SeriesNumber": 12,
            "SeriesTime": "075442.937000",
            "SliceThickness": 2.0,
            "SoftwareVersions": "syngo MR D11",
            "SpacingBetweenSlices": 2.4,
            "SpecificCharacterSet": "ISO_IR 100",
            "StudyID": "1",
            "StudyTime": "071121.640000",
            "TransmitCoilName": "Body",
            "VariableFlipAngleFlag": "N",
            "WindowCenterWidthExplanation": "Algo1",
            "dBdt": 0.0
        },
