{"AcquisitionMatrixPE": 96, "AcquisitionNumber": 1, "AcquisitionTime": "07:41:3.337500", "BaseResolution": 96, "BodyPartExamined": "BRAIN", "ConsistencyInfo": "N4_VD11D_LATEST_20110129", "ConversionSoftware": "dcm2niix", "ConversionSoftwareVersion": "v1.0.20210317", "DeviceSerialNumber": "45239", "DwellTime": 9.2e-06, "EchoNumber": 2, "EchoTime": 0.00738, "EchoTime1": 0.00492, "EchoTime2": 0.00738, "FlipAngle": 50, "ImageOrientationPatientDICOM": [0.999646, 0.00959802, 0.024819, 0.00478259, 0.852696, -0.522386], "ImageType": ["ORIGINAL", "PRIMARY", "P", "ND", "PHASE"], "ImagingFrequency": 123.193, "InPlanePhaseEncodingDirectionDICOM": "COL", "InstitutionAddress": "E 24th St. 100,Austin,Southmiddle,US,78712", "InstitutionName": "Univ of Texas at Austin", "InstitutionalDepartmentName": "IRC", "MRAcquisitionType": "2D", "MagneticFieldStrength": 3, "Manufacturer": "Siemens", "ManufacturersModelName": "Skyra", "Modality": "MR", "PartialFourier": 1, "PatientPosition": "HFS", "PercentPhaseFOV": 100, "PercentSampling": 100, "PhaseEncodingDirection": "j-", "PhaseEncodingSteps": 96, "PhaseResolution": 1, "PixelBandwidth": 565, "ProcedureStepDescription": "Poldrack2^self-scanning", "ProtocolName": "gre_field_mapping", "PulseSequenceDetails": "%SiemensSeq%\\gre_field_mapping", "ReceiveCoilActiveElements": "HEA;HEP", "ReceiveCoilName": "Head_32", "ReconMatrixPE": 96, "RepetitionTime": 0.731, "SAR": 0.122342, "ScanningSequence": "GR", "SequenceName": "*fm2d2r", "SequenceVariant": "SP", "SeriesDescription": "gre_field_mapping", "SeriesNumber": 11, "ShimSetting": [-2786, 7990, -15440, 186, -193, -83, 329, -67], "SliceThickness": 2, "SliceTiming": [0.36719, 0, 0.375, 0.01562, 0.39062, 0.02344, 0.39844, 0.03125, 0.41406, 0.04688, 0.42188, 0.05469, 0.42969, 0.0625, 0.44531, 0.07812, 0.45312, 0.08594, 0.46094, 0.10156, 0.47656, 0.10938, 0.48438, 0.125, 0.5, 0.13281, 0.50781, 0.14062, 0.51562, 0.15625, 0.53125, 0.16406, 0.53906, 0.17188, 0.55469, 0.1875, 0.5625, 0.19531, 0.57031, 0.20312, 0.58594, 0.21875, 0.59375, 0.22656, 0.60156, 0.24219, 0.61719, 0.25, 0.625, 0.25781, 0.63281, 0.27344, 0.64844, 0.28125, 0.65625, 0.29688, 0.67188, 0.30469, 0.67969, 0.3125, 0.6875, 0.32031, 0.70312, 0.33594, 0.71094, 0.34375, 0.72656, 0.35938], "SoftwareVersions": "syngo MR D11", "SpacingBetweenSlices": 2.4, "StationName": "AWP45239", "TxRefAmp": 348.017, "dcmmeta_affine": [[-2.3949849605560303, 0.011458293534815311, 0.06282472610473633, 115.27194213867188], [-0.02299525775015354, 2.042917013168335, -1.2535667419433594, -68.198974609375], [0.059462178498506546, 1.251549243927002, 2.0456314086914062, -95.65464782714844], [0.0, 0.0, 0.0, 1.0]], "dcmmeta_reorient_transform": [[0.0, -1.0, 0.0, 95.0], [1.0, 0.0, 0.0, 0.0], [0.0, 0.0, -1.0, 67.0], [0.0, 0.0, 0.0, 1.0]], "dcmmeta_shape": [96, 96, 68], "dcmmeta_slice_dim": 2, "dcmmeta_version": 0.6, "global": {"const": {"AcquisitionMatrix": [96, 0, 0, 96], "AcquisitionNumber": 1, "AngioFlag": "N", "BitsAllocated": 16, "BitsStored": 12, "BodyPartExamined": "BRAIN", "Columns": 96, "EchoNumbers": 2, "EchoTime": 7.38, "EchoTrainLength": 0, "FlipAngle": 50.0, "HighBit": 11, "ImageOrientationPatient": [0.99964588501276, 0.00959802062375, 0.02481899629649, 0.0047825923324, 0.85269584806333, -0.5223857937446], "ImageType": ["ORIGINAL", "PRIMARY", "P", "ND"], "ImagedNucleus": "1H", "ImagingFrequency": 123.193369, "InPlanePhaseEncodingDirection": "COL", "MRAcquisitionType": "2D", "MagneticFieldStrength": 3.0, "Manufacturer": "SIEMENS", "ManufacturerModelName": "Skyra", "Modality": "MR", "NumberOfAverages": 1.0, "NumberOfPhaseEncodingSteps": 96, "PercentPhaseFieldOfView": 100.0, "PercentSampling": 100.0, "PerformedProcedureStepStartTime": "071119.453000", "PhotometricInterpretation": "MONOCHROME2", "PixelBandwidth": 565.0, "PixelRepresentation": 0, "PixelSpacing": [2.3958332538605, 2.3958332538605], "ProtocolName": "gre_field_mapping", "RepetitionTime": 731.0, "RescaleIntercept": -4096.0, "RescaleSlope": 2.0, "RescaleType": "US", "Rows": 96, "SAR": 0.12234156840762, "SamplesPerPixel": 1, "ScanningSequence": "GR", "SequenceName": "*fm2d2r", "SequenceVariant": "SP", "SeriesDescription": "gre_field_mapping", "SeriesNumber": 11, "SeriesTime": "074727.515000", "SliceThickness": 2.0, "SoftwareVersions": "syngo MR D11", "SpacingBetweenSlices": 2.4, "SpecificCharacterSet": "ISO_IR 100", "StudyID": "1", "StudyTime": "071119.406000", "TransmitCoilName": "Body", "VariableFlipAngleFlag": "N", "WindowCenterWidthExplanation": "Algo1", "dBdt": 0.0}, "slices": {"AcquisitionTime": ["074103.337500", "074102.970000", "074103.347500", "074102.982500", "074103.357500", "074102.992500", "074103.370000", "074103.002500", "074103.380000", "074103.015000", "074103.390000", "074103.025000", "074103.400000", "074103.035000", "074103.412500", "074103.047500", "074103.422500", "074103.057500", "074103.432500", "074103.067500", "074103.445000", "074103.077500", "074103.455000", "074103.090000", "074103.465000", "074103.100000", "074103.477500", "074103.110000", "074103.487500", "074103.122500", "074103.497500", "074103.132500", "074103.507500", "074103.142500", "074103.520000", "074103.155000", "074103.530000", "074103.165000", "074103.540000", "074103.175000", "074103.552500", "074103.185000", "074103.562500", "074103.197500", "074103.572500", "074103.207500", "074103.585000", "074103.217500", "074103.595000", "074103.230000", "074103.605000", "074103.240000", "074103.615000", "074103.250000", "074103.627500", "074103.262500", "074103.637500", "074103.272500", "074103.647500", "074103.282500", "074103.660000", "074103.292500", "074103.670000", "074103.305000", "074103.680000", "074103.315000", "074103.692500", "074103.325000"], "ContentTime": ["074727.593000", "074727.515000", "074727.593000", "074727.531000", "074727.593000", "074727.531000", "074727.609000", "074727.531000", "074727.609000", "074727.531000", "074727.609000", "074727.531000", "074727.609000", "074727.531000", "074727.609000", "074727.546000", "074727.609000", "074727.546000", "074727.609000", "074727.546000", "074727.609000", "074727.546000", "074727.625000", "074727.546000", "074727.625000", "074727.546000", "074727.625000", "074727.546000", "074727.625000", "074727.546000", "074727.625000", "074727.562000", "074727.625000", "074727.562000", "074727.640000", "074727.562000", "074727.640000", "074727.562000", "074727.640000", "074727.562000", "074727.640000", "074727.562000", "074727.640000", "074727.562000", "074727.640000", "074727.562000", "074727.640000", "074727.578000", "074727.656000", "074727.578000", "074727.656000", "074727.578000", "074727.656000", "074727.578000", "074727.656000", "074727.578000", "074727.656000", "074727.578000", "074727.671000", "074727.578000", "074727.671000", "074727.578000", "074727.687000", "074727.593000", "074727.687000", "074727.593000", "074727.703000", "074727.593000"], "CsaImage.ICE_Dims": ["X_2_1_1_1_1_1_35_1_1_1_1_314", "X_2_1_1_1_1_1_1_1_1_2_1_314", "X_2_1_1_1_1_1_36_1_1_3_1_314", "X_2_1_1_1_1_1_2_1_1_4_1_314", "X_2_1_1_1_1_1_37_1_1_5_1_314", "X_2_1_1_1_1_1_3_1_1_6_1_314", "X_2_1_1_1_1_1_38_1_1_7_1_314", "X_2_1_1_1_1_1_4_1_1_8_1_314", "X_2_1_1_1_1_1_39_1_1_9_1_314", "X_2_1_1_1_1_1_5_1_1_10_1_314", "X_2_1_1_1_1_1_40_1_1_11_1_314", "X_2_1_1_1_1_1_6_1_1_12_1_314", "X_2_1_1_1_1_1_41_1_1_13_1_314", "X_2_1_1_1_1_1_7_1_1_14_1_314", "X_2_1_1_1_1_1_42_1_1_15_1_314", "X_2_1_1_1_1_1_8_1_1_16_1_314", "X_2_1_1_1_1_1_43_1_1_17_1_314", "X_2_1_1_1_1_1_9_1_1_18_1_314", "X_2_1_1_1_1_1_44_1_1_19_1_314", "X_2_1_1_1_1_1_10_1_1_20_1_314", "X_2_1_1_1_1_1_45_1_1_21_1_314", "X_2_1_1_1_1_1_11_1_1_22_1_314", "X_2_1_1_1_1_1_46_1_1_23_1_314", "X_2_1_1_1_1_1_12_1_1_24_1_314", "X_2_1_1_1_1_1_47_1_1_25_1_314", "X_2_1_1_1_1_1_13_1_1_26_1_314", "X_2_1_1_1_1_1_48_1_1_27_1_314", "X_2_1_1_1_1_1_14_1_1_28_1_314", "X_2_1_1_1_1_1_49_1_1_29_1_314", "X_2_1_1_1_1_1_15_1_1_30_1_314", "X_2_1_1_1_1_1_50_1_1_31_1_314", "X_2_1_1_1_1_1_16_1_1_32_1_314", "X_2_1_1_1_1_1_51_1_1_33_1_314", "X_2_1_1_1_1_1_17_1_1_34_1_314", "X_2_1_1_1_1_1_52_1_1_35_1_314", "X_2_1_1_1_1_1_18_1_1_36_1_314", "X_2_1_1_1_1_1_53_1_1_37_1_314", "X_2_1_1_1_1_1_19_1_1_38_1_314", "X_2_1_1_1_1_1_54_1_1_39_1_314", "X_2_1_1_1_1_1_20_1_1_40_1_314", "X_2_1_1_1_1_1_55_1_1_41_1_314", "X_2_1_1_1_1_1_21_1_1_42_1_314", "X_2_1_1_1_1_1_56_1_1_43_1_314", "X_2_1_1_1_1_1_22_1_1_44_1_314", "X_2_1_1_1_1_1_57_1_1_45_1_314", "X_2_1_1_1_1_1_23_1_1_46_1_314", "X_2_1_1_1_1_1_58_1_1_47_1_314", "X_2_1_1_1_1_1_24_1_1_48_1_314", "X_2_1_1_1_1_1_59_1_1_49_1_314", "X_2_1_1_1_1_1_25_1_1_50_1_314", "X_2_1_1_1_1_1_60_1_1_51_1_314", "X_2_1_1_1_1_1_26_1_1_52_1_314", "X_2_1_1_1_1_1_61_1_1_53_1_314", "X_2_1_1_1_1_1_27_1_1_54_1_314", "X_2_1_1_1_1_1_62_1_1_55_1_314", "X_2_1_1_1_1_1_28_1_1_56_1_314", "X_2_1_1_1_1_1_63_1_1_57_1_314", "X_2_1_1_1_1_1_29_1_1_58_1_314", "X_2_1_1_1_1_1_64_1_1_59_1_314", "X_2_1_1_1_1_1_30_1_1_60_1_314", "X_2_1_1_1_1_1_65_1_1_61_1_314", "X_2_1_1_1_1_1_31_1_1_62_1_314", "X_2_1_1_1_1_1_66_1_1_63_1_314", "X_2_1_1_1_1_1_32_1_1_64_1_314", "X_2_1_1_1_1_1_67_1_1_65_1_314", "X_2_1_1_1_1_1_33_1_1_66_1_314", "X_2_1_1_1_1_1_68_1_1_67_1_314", "X_2_1_1_1_1_1_34_1_1_68_1_314"], "CsaImage.ProtocolSliceNumber": [0, 1, 2, 3, 4, 5, 6, 7, 8, 9, 10, 11, 12, 13, 14, 15, 16, 17, 18, 19, 20, 21, 22, 23, 24, 25, 26, 27, 28, 29, 30, 31, 32, 33, 34, 35, 36, 37, 38, 39, 40, 41, 42, 43, 44, 45, 46, 47, 48, 49, 50, 51, 52, 53, 54, 55, 56, 57, 58, 59, 60, 61, 62, 63, 64, 65, 66, 67], "CsaImage.SlicePosition_PCS": [[-116.36048565, -125.87815089, 23.24228216], [-116.42331032, -124.62458415, 25.2879193], [-116.48613498, -123.3710155, 27.33355452], [-116.54895965, -122.11744876, 29.37918974], [-116.61178438, -120.86388202, 31.42482497], [-116.67460898, -119.61031528, 33.47046019], [-116.73743371, -118.35674853, 35.51609541], [-116.80025844, -117.10318179, 37.56173064], [-116.86308304, -115.84961505, 39.60736586], [-116.92590777, -114.59604831, 41.65300013], [-116.98873238, -113.34248157, 43.69863535], [-117.0515571, -112.08891482, 45.74427058], [-117.11438183, -110.83534808, 47.7899058], [-117.17720643, -109.58178134, 49.83554102], [-117.24003116, -108.3282146, 51.88117625], [-117.30285577, -107.07464738, 53.92681123], [-117.36568049, -105.82108064, 55.97244645], [-117.4285051, -104.5675139, 58.01808156], [-117.49132983, -103.31394715, 60.06371666], [-117.55415455, -102.06038017, 62.10935189], [-117.61697928, -100.80681331, 64.15498711], [-117.67980377, -99.55324645, 66.20062186], [-117.74262849, -98.29967959, 68.24625708], [-117.80545322, -97.04611273, 70.2918923], [-117.86827794, -95.79254599, 72.33752753], [-117.93110267, -94.53897901, 74.38316275], [-117.99392716, -93.28541226, 76.42879797], [-118.05675188, -92.03184552, 78.4744332], [-118.11957661, -90.7782783, 80.52006842], [-118.18240134, -89.52471156, 82.56570364], [-118.24522582, -88.27114482, 84.61133887], [-118.30805055, -87.01757808, 86.65697409], [-118.37087528, -85.76401134, 88.70260931], [-118.4337, -84.51044459, 90.74824454], [-118.49652473, -83.25687785, 92.79387976], [-118.55934922, -82.00331111, 94.83951498], [-118.62217394, -80.74974437, 96.88515021], [-118.68499867, -79.49617763, 98.93078543], [-118.7478234, -78.24261088, 100.97642065], [-118.81064812, -76.98904414, 103.02205588], [-118.87347261, -75.7354774, 105.0676911], [-118.93629733, -74.48190875, 107.11332632], [-118.99912206, -73.22834201, 109.15896155], [-119.06194679, -71.97477527, 111.20459677], [-119.12477151, -70.72120853, 113.25023199], [-119.187596, -69.46764178, 115.29586722], [-119.25042073, -68.21407504, 117.34150244], [-119.31324545, -66.96051021, 119.38713766], [-119.37607018, -65.70694347, 121.43277289], [-119.43889467, -64.45337672, 123.4784043], [-119.50171939, -63.19980617, 125.52404333], [-119.56454412, -61.94623942, 127.56967474], [-119.62736885, -60.69267268, 129.61531378], [-119.69019357, -59.43910594, 131.66094519], [-119.7530183, -58.1855392, 133.70658423], [-119.81584302, -56.93197246, 135.75221564], [-119.87866727, -55.67840571, 137.79785467], [-119.941492, -54.42483897, 139.84348608], [-120.00431673, -53.17127223, 141.88912512], [-120.06714145, -51.91770549, 143.93475653], [-120.12996618, -50.66413875, 145.98039557], [-120.1927909, -49.41057201, 148.02602698], [-120.25561563, -48.15700526, 150.07166601], [-120.31844036, -46.90343852, 152.11729742], [-120.38126508, -45.64987178, 154.16293646], [-120.44408981, -44.39630504, 156.20856787], [-120.50691406, -43.1427383, 158.25420691], [-120.56973878, -41.88917155, 160.29983832]], "CsaImage.TimeAfterStart": [1.1, 0.735, 1.11, 0.745, 1.1225, 0.755, 1.1325, 0.7675, 1.1425, 0.7775, 1.155, 0.7875, 1.165, 0.8, 1.175, 0.81, 1.185, 0.82, 1.1975, 0.8325, 1.2075, 0.8425, 1.2175, 0.8525, 1.23, 0.8625, 1.24, 0.875, 1.25, 0.885, 1.2625, 0.895, 1.2725, 0.9075, 1.2825, 0.9175, 1.2925, 0.9275, 1.305, 0.94, 1.315, 0.95, 1.325, 0.96, 1.3375, 0.97, 1.3475, 0.9825, 1.3575, 0.9925, 1.37, 1.0025, 1.38, 1.015, 1.39, 1.025, 1.4, 1.035, 1.4125, 1.0475, 1.4225, 1.0575, 1.4325, 1.0675, 1.445, 1.0775, 1.455, 1.09], "ImagePositionPatient": [[-116.36048565079, -125.87815089307, 23.24228216442], [-116.42331031729, -124.62458415113, 25.287919295157], [-116.48613498379, -123.37101550184, 27.333554518546], [-116.54895965029, -122.11744875989, 29.379189741935], [-116.6117843764, -120.86388201795, 31.424824965323], [-116.67460898329, -119.61031527601, 33.470460188712], [-116.7374337094, -118.35674853406, 35.516095412101], [-116.8002584355, -117.10318179212, 37.561730635489], [-116.8630830424, -115.84961505018, 39.607365858878], [-116.9259077685, -114.59604830823, 41.653000128592], [-116.9887323754, -113.34248156629, 43.698635351981], [-117.0515571015, -112.08891482435, 45.74427057537], [-117.11438182761, -110.8353480824, 47.789905798758], [-117.1772064345, -109.58178134046, 49.835541022147], [-117.24003116061, -108.32821459852, 51.881176245536], [-117.3028557675, -107.07464737974, 53.926811230506], [-117.36568049361, -105.82108063779, 55.972446453895], [-117.4285051005, -104.56751389585, 58.018081558074], [-117.49132982661, -103.31394715391, 60.063716662253], [-117.55415455271, -102.06038017354, 62.109351885642], [-117.61697927882, -100.80681331239, 64.154987109031], [-117.6798037665, -99.553246451238, 66.200621855582], [-117.74262849261, -98.299679590086, 68.246257078971], [-117.80545321871, -97.046112728933, 70.29189230236], [-117.86827794482, -95.79254598699, 72.337527525748], [-117.93110267092, -94.538979006628, 74.383162749137], [-117.99392715861, -93.285412264684, 76.428797972526], [-118.05675188471, -92.031845522741, 78.474433195914], [-118.11957661082, -90.77827830396, 80.520068419303], [-118.18240133692, -89.524711562017, 82.565703642692], [-118.24522582461, -88.271144820074, 84.61133886608], [-118.30805055071, -87.01757807813, 86.656974089469], [-118.37087527682, -85.764011336187, 88.702609312858], [-118.43370000292, -84.510444594244, 90.748244536246], [-118.49652472903, -83.2568778523, 92.793879759635], [-118.55934921671, -82.003311110357, 94.839514983024], [-118.62217394282, -80.749744368414, 96.885150206412], [-118.68499866892, -79.49617762647, 98.930785429801], [-118.74782339503, -78.242610884527, 100.97642065319], [-118.81064812113, -76.989044142584, 103.02205587658], [-118.87347260882, -75.73547740064, 105.06769109997], [-118.93629733492, -74.481908751348, 107.11332632336], [-118.99912206103, -73.228342009405, 109.15896154674], [-119.06194678713, -71.974775267461, 111.20459677013], [-119.12477151324, -70.721208525518, 113.25023199352], [-119.18759600092, -69.467641783575, 115.29586721691], [-119.25042072703, -68.214075041631, 117.3415024403], [-119.31324545313, -66.960510207037, 119.38713766369], [-119.37607017924, -65.706943465093, 121.43277288708], [-119.43889466692, -64.45337672315, 123.47840429577], [-119.50171939303, -63.199806166509, 125.52404333385], [-119.56454411913, -61.946239424566, 127.56967474255], [-119.62736884524, -60.692672682623, 129.61531378063], [-119.69019357134, -59.439105940679, 131.66094518932], [-119.75301829745, -58.185539198736, 133.70658422741], [-119.81584302355, -56.931972456792, 135.7522156361], [-119.87866727282, -55.678405714849, 137.79785467419], [-119.94149199892, -54.424838972906, 139.84348608288], [-120.00431672503, -53.171272230962, 141.88912512096], [-120.06714145113, -51.917705489019, 143.93475652965], [-120.12996617724, -50.664138747076, 145.98039556774], [-120.19279090334, -49.410572005132, 148.02602697643], [-120.25561562945, -48.157005263189, 150.07166601452], [-120.31844035555, -46.903438521246, 152.11729742321], [-120.38126508166, -45.649871779302, 154.1629364613], [-120.44408980776, -44.396305037359, 156.20856786999], [-120.50691405703, -43.142738295416, 158.25420690807], [-120.56973878314, -41.889171553472, 160.29983831676]], "InstanceCreationTime": ["074727.593000", "074727.515000", "074727.593000", "074727.531000", "074727.593000", "074727.531000", "074727.609000", "074727.531000", "074727.609000", "074727.531000", "074727.609000", "074727.531000", "074727.609000", "074727.531000", "074727.609000", "074727.546000", "074727.609000", "074727.546000", "074727.609000", "074727.546000", "074727.609000", "074727.546000", "074727.625000", "074727.546000", "074727.625000", "074727.546000", "074727.625000", "074727.546000", "074727.625000", "074727.546000", "074727.625000", "074727.562000", "074727.625000", "074727.562000", "074727.640000", "074727.562000", "074727.640000", "074727.562000", "074727.640000", "074727.562000", "074727.640000", "074727.562000", "074727.640000", "074727.562000", "074727.640000", "074727.562000", "074727.640000", "074727.578000", "074727.656000", "074727.578000", "074727.656000", "074727.578000", "074727.656000", "074727.578000", "074727.656000", "074727.578000", "074727.656000", "074727.578000", "074727.671000", "074727.578000", "074727.671000", "074727.578000", "074727.687000", "074727.593000", "074727.687000", "074727.593000", "074727.703000", "074727.593000"], "InstanceNumber": [1, 2, 3, 4, 5, 6, 7, 8, 9, 10, 11, 12, 13, 14, 15, 16, 17, 18, 19, 20, 21, 22, 23, 24, 25, 26, 27, 28, 29, 30, 31, 32, 33, 34, 35, 36, 37, 38, 39, 40, 41, 42, 43, 44, 45, 46, 47, 48, 49, 50, 51, 52, 53, 54, 55, 56, 57, 58, 59, 60, 61, 62, 63, 64, 65, 66, 67, 68], "LargestImagePixelValue": [4094, 4094, 4094, 4094, 4094, 4094, 4094, 4093, 4094, 4094, 4094, 4094, 4094, 4091, 4094, 4094, 4094, 4091, 4093, 4089, 4094, 4094, 4093, 4091, 4093, 4086, 4094, 4093, 4090, 4092, 4092, 4093, 4087, 4094, 4093, 4090, 4093, 4094, 4090, 4091, 4093, 4092, 4094, 4094, 4094, 4094, 4094, 4094, 4093, 4094, 4094, 4094, 4093, 4093, 4093, 4094, 4093, 4094, 4091, 4091, 4094, 4094, 4094, 4094, 4094, 4092, 4094, 4094], "SliceLocation": [-42.892141662147, -40.49214004009, -38.092139047512, -35.69213905118, -33.292139053287, -30.892139058515, -28.492139060622, -26.092139062729, -23.692139067957, -21.292139882927, -18.892139888155, -16.492139890262, -14.092139892369, -11.692139897597, -9.2921398997043, -6.8921398590864, -4.4921398611937, -2.0921399680293, 0.30785992825564, 2.707860050679, 5.1078601108371, 7.5078597583229, 9.9078598184809, 12.307859878639, 14.707859876532, 17.107859998955, 19.507859990607, 21.907859988499, 24.307860235454, 26.707860233346, 29.107860224998, 31.507860222891, 33.907860220783, 36.307860218676, 38.707860216569, 41.10786020822, 43.507860206113, 45.907860204006, 48.307860201899, 50.707860199791, 53.107860191443, 55.507861185581, 57.907861183474, 60.307861181366, 62.707861179259, 65.107861170911, 67.507861168804, 69.907860170451, 72.307860168344, 74.707856908546, 77.107862150379, 79.507858896822, 81.907862146164, 84.307858892607, 86.70786214195, 89.107858888393, 91.507862125253, 93.907858871696, 96.307862121038, 98.707858867481, 101.10786211682, 103.50785886327, 105.90786211261, 108.30785885905, 110.70786210839, 113.10785885484, 115.5078620917, 117.90785883814], "SmallestImagePixelValue": [0, 0, 2, 0, 0, 0, 3, 1, 0, 1, 0, 0, 0, 0, 0, 0, 0, 0, 7, 1, 1, 0, 1, 4, 2, 4, 0, 0, 2, 0, 1, 1, 4, 3, 0, 0, 0, 2, 1, 10, 1, 0, 1, 0, 0, 3, 1, 0, 1, 2, 2, 6, 2, 1, 1, 2, 4, 0, 1, 1, 0, 2, 0, 0, 0, 0, 0, 0], "WindowCenter": [-204.0, -206.0, -220.0, -202.0, -222.0, -266.0, -288.0, -390.0, -554.0, -638.0, -602.0, -620.0, -554.0, -532.0, -514.0, -512.0, -544.0, -532.0, -494.0, -480.0, -472.0, -460.0, -434.0, -364.0, -356.0, -336.0, -322.0, -288.0, -276.0, -302.0, -312.0, -288.0, -282.0, -264.0, -264.0, -290.0, -288.0, -348.0, -306.0, -270.0, -218.0, -190.0, -156.0, -174.0, -208.0, -212.0, -224.0, -218.0, -258.0, -270.0, -248.0, -242.0, -208.0, -214.0, -242.0, -306.0, -250.0, -260.0, -280.0, -286.0, -290.0, -322.0, -336.0, -376.0, -416.0, -446.0, -472.0, -500.0], "WindowWidth": [5958.0, 6062.0, 6166.0, 6308.0, 6260.0, 6258.0, 6080.0, 5816.0, 5036.0, 5032.0, 4946.0, 4908.0, 4864.0, 4858.0, 4830.0, 4810.0, 4776.0, 4736.0, 4670.0, 4648.0, 4592.0, 4502.0, 4404.0, 4412.0, 4346.0, 4312.0, 4260.0, 4198.0, 4174.0, 4130.0, 4062.0, 4010.0, 4048.0, 4040.0, 4006.0, 4006.0, 4008.0, 4030.0, 4044.0, 4078.0, 4120.0, 4142.0, 4178.0, 4232.0, 4234.0, 4242.0, 4260.0, 4286.0, 4286.0, 4280.0, 4282.0, 4288.0, 4308.0, 4344.0, 4356.0, 4358.0, 4370.0, 4442.0, 4434.0, 4474.0, 4528.0, 4556.0, 4646.0, 4728.0, 4784.0, 4838.0, 4880.0, 4948.0]}}}