{"AcquisitionMatrixPE": 96, "AcquisitionNumber": 1, "AcquisitionTime": "07:48:54.625000", "BandwidthPerPixelPhaseEncode": 33.602, "BaseResolution": 96, "BodyPartExamined": "BRAIN", "ConsistencyInfo": "N4_VD13A_LATEST_20120616", "ConversionSoftware": "dcm2niix", "ConversionSoftwareVersion": "v1.0.20210317", "DerivedVendorReportedEchoSpacing": 0.000620003, "DeviceSerialNumber": "45239", "DwellTime": 2.6e-06, "EchoTime": 0.03, "EchoTrainLength": 47, "EffectiveEchoSpacing": 0.000310001, "FlipAngle": 63, "ImageComments": "Unaliased MB4/PE3", "ImageOrientationPatientDICOM": [0.998698, -0.0449112, 0.0241822, 0.0510078, 0.879331, -0.473471], "ImageType": ["ORIGINAL", "PRIMARY", "M", "ND", "NORM", "MOSAIC"], "ImagingFrequency": 123.191, "InPlanePhaseEncodingDirectionDICOM": "COL", "InstitutionAddress": "E 24th St. 100,Austin,Southmiddle,US,78712", "InstitutionName": "Univ of Texas at Austin", "InstitutionalDepartmentName": "IRC", "MRAcquisitionType": "2D", "MagneticFieldStrength": 3, "Manufacturer": "Siemens", "ManufacturersModelName": "Skyra", "Modality": "MR", "MultibandAccelerationFactor": 4, "ParallelReductionFactorInPlane": 2, "PartialFourier": 1, "PatientPosition": "HFS", "PercentPhaseFOV": 100, "PercentSampling": 100, "PhaseEncodingDirection": "j-", "PhaseEncodingSteps": 95, "PhaseResolution": 1, "PixelBandwidth": 2005, "ProcedureStepDescription": "Poldrack2^self-scanning", "ProtocolName": "superloc", "PulseSequenceDetails": "%CustomerSeq%\\cmrr_mbep2d_bold", "ReceiveCoilActiveElements": "HEA;HEP", "ReceiveCoilName": "Head_32", "ReconMatrixPE": 96, "RefLinesPE": 48, "RepetitionTime": 1.16, "SAR": 0.122761, "ScanOptions": "FS", "ScanningSequence": "EP", "SequenceName": "epfid2d1_96", "SequenceVariant": "SK", "SeriesDescription": "superloc", "SeriesNumber": 8, "ShimSetting": [-2964, 8338, -15467, -829, 201, -624, 35, 164], "SliceThickness": 2, "SliceTiming": [0, 0.4975, 0.9975, 0.355, 0.855, 0.2125, 0.7125, 0.07, 0.57, 1.0675, 0.4275, 0.925, 0.285, 0.7825, 0.1425, 0.64, 0, 0.4975, 0.9975, 0.355, 0.855, 0.2125, 0.7125, 0.07, 0.57, 1.0675, 0.4275, 0.925, 0.285, 0.7825, 0.1425, 0.64, 0, 0.4975, 0.9975, 0.355, 0.855, 0.2125, 0.7125, 0.07, 0.57, 1.0675, 0.4275, 0.925, 0.285, 0.7825, 0.1425, 0.64, 0, 0.4975, 0.9975, 0.355, 0.855, 0.2125, 0.7125, 0.07, 0.57, 1.0675, 0.4275, 0.925, 0.285, 0.7825, 0.1425, 0.64], "SoftwareVersions": "syngo MR D13", "SpacingBetweenSlices": 2.4, "StationName": "AWP45239", "TaskName": "Sentence processing task", "TotalReadoutTime": 0.0294501, "TxRefAmp": 343.124, "WipMemBlock": "376f1960-e54b-4600-966c-96478b468c9b||Sequence: vd13a/R010 r/fd129fc; Dec 13 2013 16:14:27 by eja", "dcmmeta_affine": [[-2.392714500427246, 0.12220615893602371, -9.271517775744087e-09, 107.593505859375], [0.10759976506233215, 2.1067309379577637, -1.1378117799758911, -95.31666564941406], [0.05793648958206177, 1.1343576908111572, 2.1131458282470703, -76.1186294555664], [0.0, 0.0, 0.0, 1.0]], "dcmmeta_reorient_transform": [[0.0, -1.0, 0.0, 95.0], [1.0, 0.0, 0.0, 0.0], [0.0, 0.0, 1.0, 0.0], [0.0, 0.0, 0.0, 1.0]], "dcmmeta_shape": [96, 96, 64, 326], "dcmmeta_slice_dim": 2, "dcmmeta_version": 0.6, "global": {"const": {"AcquisitionMatrix": [96, 0, 0, 96], "AngioFlag": "N", "BitsAllocated": 16, "BitsStored": 16, "BodyPartExamined": "BRAIN", "Columns": 768, "DeidentificationMethodCodeSequence": [{"CodeMeaning": "XNAT Edit Script", "CodeValue": "93", "CodingSchemeDesignator": "XNAT", "CodingSchemeVersion": "0.1"}], "EchoNumbers": 1, "EchoTime": 30.0, "EchoTrainLength": 47, "FlipAngle": 63.0, "HighBit": 15, "ImageOrientationPatient": [0.9986982553822, -0.0449112063593, 0.02418218848471, 0.05100779054772, 0.87933119872615, -0.4734710637941], "ImagePositionPatient": [-964.21642971617, -776.53084562427, 393.32288818532], "ImageType": ["ORIGINAL", "PRIMARY", "M", "ND", "NORM", "MOSAIC"], "ImagedNucleus": "1H", "ImagingFrequency": 123.191104, "InPlanePhaseEncodingDirection": "COL", "MRAcquisitionType": "2D", "MagneticFieldStrength": 3.0, "Manufacturer": "SIEMENS", "ManufacturerModelName": "Skyra", "Modality": "MR", "NumberOfAverages": 1.0, "NumberOfPhaseEncodingSteps": 95, "PercentPhaseFieldOfView": 100.0, "PercentSampling": 100.0, "PerformedProcedureStepStartTime": "072514.268000", "PhotometricInterpretation": "MONOCHROME2", "PixelBandwidth": 2005.0, "PixelRepresentation": 0, "PixelSpacing": [2.3958332538605, 2.3958332538605], "ProtocolName": "superloc", "RepetitionTime": 1160.0, "Rows": 768, "SAR": 0.12276137876284, "SamplesPerPixel": 1, "ScanOptions": "FS", "ScanningSequence": "EP", "SequenceName": "epfid2d1_96", "SequenceVariant": "SK", "SeriesDescription": "superloc", "SeriesNumber": 8, "SeriesTime": "074940.833000", "SliceLocation": -21.832222318668, "SliceThickness": 2.0, "SmallestImagePixelValue": 0, "SoftwareVersions": "syngo MR D13", "SpacingBetweenSlices": 2.4000000681755, "SpecificCharacterSet": "ISO_IR 100", "StudyID": "1", "StudyTime": "072514.190000", "TransmitCoilName": "Body", "VariableFlipAngleFlag": "N", "WindowCenterWidthExplanation": "Algo1", "dBdt": 0.0}, "slices": {}}, "time": {"samples": {"AcquisitionNumber": [1, 2, 3, 4, 5, 6, 7, 8, 9, 10, 11, 12, 13, 14, 15, 16, 17, 18, 19, 20, 21, 22, 23, 24, 25, 26, 27, 28, 29, 30, 31, 32, 33, 34, 35, 36, 37, 38, 39, 40, 41, 42, 43, 44, 45, 46, 47, 48, 49, 50, 51, 52, 53, 54, 55, 56, 57, 58, 59, 60, 61, 62, 63, 64, 65, 66, 67, 68, 69, 70, 71, 72, 73, 74, 75, 76, 77, 78, 79, 80, 81, 82, 83, 84, 85, 86, 87, 88, 89, 90, 91, 92, 93, 94, 95, 96, 97, 98, 99, 100, 101, 102, 103, 104, 105, 106, 107, 108, 109, 110, 111, 112, 113, 114, 115, 116, 117, 118, 119, 120, 121, 122, 123, 124, 125, 126, 127, 128, 129, 130, 131, 132, 133, 134, 135, 136, 137, 138, 139, 140, 141, 142, 143, 144, 145, 146, 147, 148, 149, 150, 151, 152, 153, 154, 155, 156, 157, 158, 159, 160, 161, 162, 163, 164, 165, 166, 167, 168, 169, 170, 171, 172, 173, 174, 175, 176, 177, 178, 179, 180, 181, 182, 183, 184, 185, 186, 187, 188, 189, 190, 191, 192, 193, 194, 195, 196, 197, 198, 199, 200, 201, 202, 203, 204, 205, 206, 207, 208, 209, 210, 211, 212, 213, 214, 215, 216, 217, 218, 219, 220, 221, 222, 223, 224, 225, 226, 227, 228, 229, 230, 231, 232, 233, 234, 235, 236, 237, 238, 239, 240, 241, 242, 243, 244, 245, 246, 247, 248, 249, 250, 251, 252, 253, 254, 255, 256, 257, 258, 259, 260, 261, 262, 263, 264, 265, 266, 267, 268, 269, 270, 271, 272, 273, 274, 275, 276, 277, 278, 279, 280, 281, 282, 283, 284, 285, 286, 287, 288, 289, 290, 291, 292, 293, 294, 295, 296, 297, 298, 299, 300, 301, 302, 303, 304, 305, 306, 307, 308, 309, 310, 311, 312, 313, 314, 315, 316, 317, 318, 319, 320, 321, 322, 323, 324, 325, 326], "AcquisitionTime": ["074854.625000", "074901.565000", "074902.725000", "074903.885000", "074905.045000", "074906.205000", "074907.365000", "074908.525000", "074909.685000", "074910.845000", "074912.005000", "074913.165000", "074914.325000", "074915.485000", "074916.645000", "074917.805000", "074918.965000", "074920.125000", "074921.285000", "074922.445000", "074923.605000", "074924.765000", "074925.925000", "074927.085000", "074928.245000", "074929.405000", "074930.565000", "074931.725000", "074932.885000", "074934.045000", "074935.205000", "074936.365000", "074937.525000", "074938.685000", "074939.845000", "074941.005000", "074942.165000", "074943.325000", "074944.485000", "074945.645000", "074946.805000", "074947.965000", "074949.125000", "074950.285000", "074951.445000", "074952.605000", "074953.765000", "074954.925000", "074956.085000", "074957.245000", "074958.405000", "074959.565000", "075000.725000", "075001.885000", "075003.045000", "075004.205000", "075005.365000", "075006.525000", "075007.685000", "075008.845000", "075010.005000", "075011.165000", "075012.325000", "075013.485000", "075014.645000", "075015.805000", "075016.965000", "075018.125000", "075019.285000", "075020.445000", "075021.605000", "075022.765000", "075023.925000", "075025.085000", "075026.245000", "075027.405000", "075028.565000", "075029.725000", "075030.885000", "075032.045000", "075033.205000", "075034.365000", "075035.525000", "075036.685000", "075037.845000", "075039.005000", "075040.165000", "075041.325000", "075042.485000", "075043.645000", "075044.805000", "075045.965000", "075047.125000", "075048.285000", "075049.445000", "075050.605000", "075051.765000", "075052.925000", "075054.085000", "075055.245000", "075056.405000", "075057.565000", "075058.725000", "075059.885000", "075101.045000", "075102.205000", "075103.365000", "075104.525000", "075105.685000", "075106.845000", "075108.005000", "075109.165000", "075110.325000", "075111.485000", "075112.645000", "075113.805000", "075114.965000", "075116.125000", "075117.285000", "075118.445000", "075119.605000", "075120.765000", "075121.925000", "075123.085000", "075124.245000", "075125.405000", "075126.565000", "075127.725000", "075128.885000", "075130.047500", "075131.207500", "075132.367500", "075133.527500", "075134.687500", "075135.847500", "075137.007500", "075138.167500", "075139.327500", "075140.487500", "075141.647500", "075142.807500", "075143.967500", "075145.127500", "075146.287500", "075147.447500", "075148.607500", "075149.767500", "075150.927500", "075152.087500", "075153.247500", "075154.407500", "075155.567500", "075156.727500", "075157.887500", "075159.047500", "075200.207500", "075201.367500", "075202.527500", "075203.687500", "075204.847500", "075206.007500", "075207.167500", "075208.327500", "075209.487500", "075210.647500", "075211.807500", "075212.967500", "075214.127500", "075215.287500", "075216.447500", "075217.607500", "075218.767500", "075219.927500", "075221.087500", "075222.247500", "075223.407500", "075224.567500", "075225.727500", "075226.887500", "075228.047500", "075229.207500", "075230.367500", "075231.527500", "075232.687500", "075233.847500", "075235.007500", "075236.167500", "075237.327500", "075238.487500", "075239.647500", "075240.807500", "075241.967500", "075243.127500", "075244.287500", "075245.447500", "075246.607500", "075247.767500", "075248.927500", "075250.087500", "075251.247500", "075252.407500", "075253.567500", "075254.727500", "075255.887500", "075257.047500", "075258.207500", "075259.367500", "075300.527500", "075301.687500", "075302.847500", "075304.007500", "075305.167500", "075306.327500", "075307.487500", "075308.647500", "075309.807500", "075310.967500", "075312.127500", "075313.287500", "075314.447500", "075315.607500", "075316.767500", "075317.927500", "075319.087500", "075320.247500", "075321.407500", "075322.567500", "075323.727500", "075324.887500", "075326.047500", "075327.207500", "075328.367500", "075329.527500", "075330.687500", "075331.847500", "075333.007500", "075334.167500", "075335.327500", "075336.487500", "075337.647500", "075338.807500", "075339.967500", "075341.127500", "075342.287500", "075343.447500", "075344.607500", "075345.767500", "075346.927500", "075348.087500", "075349.247500", "075350.407500", "075351.567500", "075352.727500", "075353.887500", "075355.047500", "075356.207500", "075357.367500", "075358.527500", "075359.687500", "075400.847500", "075402.007500", "075403.167500", "075404.327500", "075405.487500", "075406.647500", "075407.807500", "075408.967500", "075410.127500", "075411.287500", "075412.447500", "075413.607500", "075414.767500", "075415.927500", "075417.087500", "075418.247500", "075419.407500", "075420.567500", "075421.727500", "075422.887500", "075424.047500", "075425.207500", "075426.367500", "075427.527500", "075428.687500", "075429.847500", "075431.007500", "075432.167500", "075433.327500", "075434.487500", "075435.647500", "075436.807500", "075437.967500", "075439.127500", "075440.287500", "075441.447500", "075442.607500", "075443.767500", "075444.927500", "075446.087500", "075447.247500", "075448.407500", "075449.567500", "075450.727500", "075451.887500", "075453.047500", "075454.207500", "075455.367500", "075456.527500", "075457.687500", "075458.847500", "075500.007500", "075501.167500", "075502.327500", "075503.487500", "075504.647500", "075505.807500", "075506.967500", "075508.127500", "075509.287500", "075510.447500", "075511.607500", "075512.767500", "075513.927500", "075515.087500", "075516.247500", "075517.407500"], "ContentTime": ["074940.837000", "074940.842000", "074940.846000", "074940.851000", "074940.855000", "074940.859000", "074940.862000", "074940.871000", "074940.877000", "074940.881000", "074940.885000", "074940.889000", "074940.893000", "074940.896000", "074940.900000", "074940.904000", "074940.908000", "074940.912000", "074940.916000", "074940.920000", "074940.924000", "074940.928000", "074940.932000", "074940.936000", "074940.940000", "074940.944000", "074940.948000", "074940.957000", "074940.960000", "074940.964000", "075000.790000", "075000.794000", "075000.798000", "075000.802000", "075000.811000", "075000.815000", "075000.819000", "075000.822000", "075000.827000", "075000.830000", "075000.834000", "075000.837000", "075000.842000", "075000.846000", "075000.850000", "075000.854000", "075000.859000", "075000.862000", "075000.866000", "075000.870000", "075040.789000", "075040.794000", "075040.798000", "075040.802000", "075040.805000", "075040.810000", "075040.814000", "075040.817000", "075040.821000", "075040.825000", "075040.829000", "075040.833000", "075040.837000", "075040.841000", "075040.845000", "075040.849000", "075040.853000", "075040.857000", "075040.861000", "075040.865000", "075040.868000", "075040.872000", "075040.876000", "075040.880000", "075040.884000", "075040.888000", "075040.892000", "075040.895000", "075040.899000", "075040.903000", "075040.907000", "075040.911000", "075040.919000", "075040.922000", "075040.926000", "075120.790000", "075120.795000", "075120.799000", "075120.803000", "075120.807000", "075120.810000", "075120.814000", "075120.818000", "075120.822000", "075120.825000", "075120.829000", "075120.833000", "075120.836000", "075120.840000", "075120.844000", "075120.848000", "075120.852000", "075120.856000", "075120.861000", "075120.864000", "075120.868000", "075120.872000", "075120.876000", "075120.880000", "075120.884000", "075120.888000", "075120.903000", "075120.907000", "075120.911000", "075120.915000", "075120.919000", "075120.923000", "075120.927000", "075120.931000", "075200.790000", "075200.795000", "075200.799000", "075200.803000", "075200.806000", "075200.810000", "075200.814000", "075200.818000", "075200.822000", "075200.826000", "075200.829000", "075200.834000", "075200.837000", "075200.842000", "075200.846000", "075200.850000", "075200.854000", "075200.858000", "075200.861000", "075200.865000", "075200.869000", "075200.872000", "075200.876000", "075200.880000", "075200.884000", "075200.887000", "075200.891000", "075200.895000", "075200.899000", "075200.903000", "075200.907000", "075200.910000", "075200.914000", "075200.918000", "075200.922000", "075240.790000", "075240.795000", "075240.799000", "075240.803000", "075240.807000", "075240.810000", "075240.814000", "075240.818000", "075240.822000", "075240.826000", "075240.830000", "075240.834000", "075240.839000", "075240.843000", "075240.861000", "075240.865000", "075240.869000", "075240.873000", "075240.877000", "075240.881000", "075240.885000", "075240.888000", "075240.893000", "075240.896000", "075240.900000", "075240.904000", "075240.908000", "075240.912000", "075240.916000", "075240.920000", "075240.924000", "075240.928000", "075240.931000", "075240.935000", "075300.790000", "075300.794000", "075300.798000", "075300.802000", "075300.806000", "075300.810000", "075300.814000", "075300.818000", "075300.823000", "075300.826000", "075300.831000", "075300.835000", "075300.839000", "075300.842000", "075300.847000", "075300.850000", "075300.854000", "075300.858000", "075340.790000", "075340.795000", "075340.799000", "075340.802000", "075340.807000", "075340.811000", "075340.815000", "075340.819000", "075340.823000", "075340.827000", "075340.831000", "075340.834000", "075340.839000", "075340.842000", "075340.846000", "075340.851000", "075340.854000", "075340.858000", "075340.862000", "075340.866000", "075340.870000", "075340.874000", "075340.877000", "075340.881000", "075340.885000", "075340.889000", "075340.892000", "075340.896000", "075340.900000", "075340.904000", "075340.908000", "075340.911000", "075340.915000", "075340.919000", "075420.790000", "075420.795000", "075420.799000", "075420.803000", "075420.811000", "075420.815000", "075420.818000", "075420.823000", "075420.827000", "075420.831000", "075420.835000", "075420.839000", "075420.843000", "075420.847000", "075420.851000", "075420.855000", "075420.859000", "075420.864000", "075420.867000", "075420.871000", "075420.875000", "075420.879000", "075420.883000", "075420.887000", "075420.892000", "075420.896000", "075420.900000", "075420.904000", "075420.908000", "075420.920000", "075420.924000", "075420.928000", "075420.932000", "075420.936000", "075420.940000", "075500.790000", "075500.795000", "075500.800000", "075500.804000", "075500.808000", "075500.812000", "075500.816000", "075500.820000", "075500.824000", "075500.828000", "075500.832000", "075500.835000", "075500.839000", "075500.843000", "075500.847000", "075500.851000", "075500.855000", "075500.859000", "075500.863000", "075500.867000", "075500.870000", "075500.874000", "075500.878000", "075500.897000", "075500.901000", "075500.905000", "075500.909000", "075500.913000", "075500.917000", "075500.921000", "075500.924000", "075500.928000", "075500.932000", "075500.936000", "075519.784000", "075519.788000", "075519.792000", "075519.796000", "075519.800000", "075519.804000", "075519.807000", "075519.811000", "075519.815000", "075519.819000", "075519.823000", "075519.827000", "075519.831000", "075519.835000", "075519.839000", "075519.843000", "075519.847000"], "InstanceCreationTime": ["074940.837000", "074940.842000", "074940.846000", "074940.851000", "074940.855000", "074940.859000", "074940.862000", "074940.871000", "074940.877000", "074940.881000", "074940.885000", "074940.889000", "074940.893000", "074940.896000", "074940.900000", "074940.904000", "074940.908000", "074940.912000", "074940.916000", "074940.920000", "074940.924000", "074940.928000", "074940.932000", "074940.936000", "074940.940000", "074940.944000", "074940.948000", "074940.957000", "074940.960000", "074940.964000", "075000.790000", "075000.794000", "075000.798000", "075000.802000", "075000.811000", "075000.815000", "075000.819000", "075000.822000", "075000.827000", "075000.830000", "075000.834000", "075000.837000", "075000.842000", "075000.846000", "075000.850000", "075000.854000", "075000.859000", "075000.862000", "075000.866000", "075000.870000", "075040.789000", "075040.794000", "075040.798000", "075040.802000", "075040.805000", "075040.810000", "075040.814000", "075040.817000", "075040.821000", "075040.825000", "075040.829000", "075040.833000", "075040.837000", "075040.841000", "075040.845000", "075040.849000", "075040.853000", "075040.857000", "075040.861000", "075040.865000", "075040.868000", "075040.872000", "075040.876000", "075040.880000", "075040.884000", "075040.888000", "075040.892000", "075040.895000", "075040.899000", "075040.903000", "075040.907000", "075040.911000", "075040.919000", "075040.922000", "075040.926000", "075120.790000", "075120.795000", "075120.799000", "075120.803000", "075120.807000", "075120.810000", "075120.814000", "075120.818000", "075120.822000", "075120.825000", "075120.829000", "075120.833000", "075120.836000", "075120.840000", "075120.844000", "075120.848000", "075120.852000", "075120.856000", "075120.861000", "075120.864000", "075120.868000", "075120.872000", "075120.876000", "075120.880000", "075120.884000", "075120.888000", "075120.903000", "075120.907000", "075120.911000", "075120.915000", "075120.919000", "075120.923000", "075120.927000", "075120.931000", "075200.790000", "075200.795000", "075200.799000", "075200.803000", "075200.806000", "075200.810000", "075200.814000", "075200.818000", "075200.822000", "075200.826000", "075200.829000", "075200.834000", "075200.837000", "075200.842000", "075200.846000", "075200.850000", "075200.854000", "075200.858000", "075200.861000", "075200.865000", "075200.869000", "075200.872000", "075200.876000", "075200.880000", "075200.884000", "075200.887000", "075200.891000", "075200.895000", "075200.899000", "075200.903000", "075200.907000", "075200.910000", "075200.914000", "075200.918000", "075200.922000", "075240.790000", "075240.795000", "075240.799000", "075240.803000", "075240.807000", "075240.810000", "075240.814000", "075240.818000", "075240.822000", "075240.826000", "075240.830000", "075240.834000", "075240.839000", "075240.843000", "075240.861000", "075240.865000", "075240.869000", "075240.873000", "075240.877000", "075240.881000", "075240.885000", "075240.888000", "075240.893000", "075240.896000", "075240.900000", "075240.904000", "075240.908000", "075240.912000", "075240.916000", "075240.920000", "075240.924000", "075240.928000", "075240.931000", "075240.935000", "075300.790000", "075300.794000", "075300.798000", "075300.802000", "075300.806000", "075300.810000", "075300.814000", "075300.818000", "075300.823000", "075300.826000", "075300.831000", "075300.835000", "075300.839000", "075300.842000", "075300.847000", "075300.850000", "075300.854000", "075300.858000", "075340.790000", "075340.795000", "075340.799000", "075340.802000", "075340.807000", "075340.811000", "075340.815000", "075340.819000", "075340.823000", "075340.827000", "075340.831000", "075340.834000", "075340.839000", "075340.842000", "075340.846000", "075340.851000", "075340.854000", "075340.858000", "075340.862000", "075340.866000", "075340.870000", "075340.874000", "075340.877000", "075340.881000", "075340.885000", "075340.889000", "075340.892000", "075340.896000", "075340.900000", "075340.904000", "075340.908000", "075340.911000", "075340.915000", "075340.919000", "075420.790000", "075420.795000", "075420.799000", "075420.803000", "075420.811000", "075420.815000", "075420.818000", "075420.823000", "075420.827000", "075420.831000", "075420.835000", "075420.839000", "075420.843000", "075420.847000", "075420.851000", "075420.855000", "075420.859000", "075420.864000", "075420.867000", "075420.871000", "075420.875000", "075420.879000", "075420.883000", "075420.887000", "075420.892000", "075420.896000", "075420.900000", "075420.904000", "075420.908000", "075420.920000", "075420.924000", "075420.928000", "075420.932000", "075420.936000", "075420.940000", "075500.790000", "075500.795000", "075500.800000", "075500.804000", "075500.808000", "075500.812000", "075500.816000", "075500.820000", "075500.824000", "075500.828000", "075500.832000", "075500.835000", "075500.839000", "075500.843000", "075500.847000", "075500.851000", "075500.855000", "075500.859000", "075500.863000", "075500.867000", "075500.870000", "075500.874000", "075500.878000", "075500.897000", "075500.901000", "075500.905000", "075500.909000", "075500.913000", "075500.917000", "075500.921000", "075500.924000", "075500.928000", "075500.932000", "075500.936000", "075519.784000", "075519.788000", "075519.792000", "075519.796000", "075519.800000", "075519.804000", "075519.807000", "075519.811000", "075519.815000", "075519.819000", "075519.823000", "075519.827000", "075519.831000", "075519.835000", "075519.839000", "075519.843000", "075519.847000"], "InstanceNumber": [1, 2, 3, 4, 5, 6, 7, 8, 9, 10, 11, 12, 13, 14, 15, 16, 17, 18, 19, 20, 21, 22, 23, 24, 25, 26, 27, 28, 29, 30, 31, 32, 33, 34, 35, 36, 37, 38, 39, 40, 41, 42, 43, 44, 45, 46, 47, 48, 49, 50, 51, 52, 53, 54, 55, 56, 57, 58, 59, 60, 61, 62, 63, 64, 65, 66, 67, 68, 69, 70, 71, 72, 73, 74, 75, 76, 77, 78, 79, 80, 81, 82, 83, 84, 85, 86, 87, 88, 89, 90, 91, 92, 93, 94, 95, 96, 97, 98, 99, 100, 101, 102, 103, 104, 105, 106, 107, 108, 109, 110, 111, 112, 113, 114, 115, 116, 117, 118, 119, 120, 121, 122, 123, 124, 125, 126, 127, 128, 129, 130, 131, 132, 133, 134, 135, 136, 137, 138, 139, 140, 141, 142, 143, 144, 145, 146, 147, 148, 149, 150, 151, 152, 153, 154, 155, 156, 157, 158, 159, 160, 161, 162, 163, 164, 165, 166, 167, 168, 169, 170, 171, 172, 173, 174, 175, 176, 177, 178, 179, 180, 181, 182, 183, 184, 185, 186, 187, 188, 189, 190, 191, 192, 193, 194, 195, 196, 197, 198, 199, 200, 201, 202, 203, 204, 205, 206, 207, 208, 209, 210, 211, 212, 213, 214, 215, 216, 217, 218, 219, 220, 221, 222, 223, 224, 225, 226, 227, 228, 229, 230, 231, 232, 233, 234, 235, 236, 237, 238, 239, 240, 241, 242, 243, 244, 245, 246, 247, 248, 249, 250, 251, 252, 253, 254, 255, 256, 257, 258, 259, 260, 261, 262, 263, 264, 265, 266, 267, 268, 269, 270, 271, 272, 273, 274, 275, 276, 277, 278, 279, 280, 281, 282, 283, 284, 285, 286, 287, 288, 289, 290, 291, 292, 293, 294, 295, 296, 297, 298, 299, 300, 301, 302, 303, 304, 305, 306, 307, 308, 309, 310, 311, 312, 313, 314, 315, 316, 317, 318, 319, 320, 321, 322, 323, 324, 325, 326], "LargestImagePixelValue": [37847, 31265, 43540, 48828, 38820, 44851, 37528, 38293, 40232, 49346, 32644, 44588, 33323, 36584, 48473, 31295, 47306, 35497, 32987, 49327, 38160, 31311, 49429, 36137, 38051, 41120, 29426, 44145, 45680, 34491, 48570, 32238, 32412, 47819, 37575, 32939, 44052, 33602, 38299, 43133, 30106, 51039, 38699, 36994, 51343, 42505, 38032, 51707, 40857, 47731, 34147, 34981, 52672, 40248, 45787, 30057, 33497, 52272, 37932, 39619, 34466, 33409, 49324, 39816, 35154, 47238, 35687, 47851, 36940, 39312, 34302, 46183, 36675, 47694, 41053, 43367, 53003, 34947, 41525, 44253, 46736, 34682, 40816, 31658, 32840, 46525, 35133, 38211, 31579, 34197, 39812, 38870, 46083, 43673, 47711, 32990, 34376, 47985, 40723, 33075, 43700, 30646, 47808, 36773, 38662, 45793, 34547, 29890, 49158, 38121, 33316, 53588, 35492, 39410, 48783, 39722, 39752, 46305, 35540, 36501, 51717, 39555, 39384, 32515, 38972, 47848, 37960, 30701, 43883, 34520, 37331, 50197, 43600, 44021, 33976, 35465, 48078, 33458, 30424, 38586, 40060, 41715, 44358, 31651, 47203, 45516, 33652, 47927, 31404, 39955, 44242, 36639, 41772, 42975, 29814, 48553, 46013, 32991, 47192, 36060, 45531, 34496, 42851, 33294, 30464, 48552, 34535, 44035, 40326, 44597, 54392, 42951, 45662, 39680, 33786, 37794, 32761, 40657, 36838, 34347, 31411, 33076, 47284, 40242, 33901, 54120, 46330, 44749, 34391, 36219, 34893, 50538, 34382, 36432, 48477, 36286, 39740, 45051, 29733, 43870, 38381, 38131, 46550, 35346, 41757, 35715, 41286, 49431, 40434, 50188, 29424, 40611, 36090, 36492, 47269, 31281, 42832, 43402, 47870, 36689, 39137, 43185, 40004, 34077, 35657, 47095, 36109, 35935, 29470, 48338, 35633, 44366, 29483, 34628, 41566, 31833, 38077, 35577, 31032, 46667, 36336, 46448, 42817, 49997, 38807, 38290, 51363, 38893, 50274, 33353, 41196, 30243, 31949, 48586, 35616, 47878, 32717, 39987, 33908, 39917, 34425, 32439, 51737, 45584, 44940, 29170, 36189, 37492, 32606, 36486, 31363, 52290, 36834, 51651, 35048, 51136, 37241, 45803, 36059, 38119, 35753, 34961, 49086, 36571, 46589, 31499, 49450, 36728, 40099, 34970, 31241, 48649, 35041, 45738, 34362, 46586, 38946, 31350, 52636, 38247, 45538, 29750, 35615, 32347, 35349, 42659, 29794, 38548, 32107, 50663, 38569, 42751, 33651, 48015, 35549, 51974, 35648, 51726, 36394, 49247, 42470, 50884, 40442, 39146, 52157, 35646], "WindowCenter": [11209.0, 11167.0, 11193.0, 11192.0, 11174.0, 11184.0, 11173.0, 11173.0, 11172.0, 11193.0, 11152.0, 11191.0, 11162.0, 11169.0, 11199.0, 11143.0, 11189.0, 11154.0, 11143.0, 11184.0, 11162.0, 11134.0, 11191.0, 11161.0, 11167.0, 11169.0, 11140.0, 11187.0, 11187.0, 11159.0, 11195.0, 11168.0, 11161.0, 11201.0, 11175.0, 11170.0, 11198.0, 11168.0, 11178.0, 11191.0, 11159.0, 11219.0, 11185.0, 11174.0, 11197.0, 11180.0, 11177.0, 11196.0, 11177.0, 11176.0, 11162.0, 11164.0, 11193.0, 11174.0, 11177.0, 11144.0, 11166.0, 11193.0, 11163.0, 11167.0, 11150.0, 11161.0, 11187.0, 11165.0, 11153.0, 11188.0, 11166.0, 11193.0, 11170.0, 11171.0, 11159.0, 11193.0, 11169.0, 11185.0, 11167.0, 11165.0, 11178.0, 11139.0, 11147.0, 11154.0, 11159.0, 11139.0, 11159.0, 11143.0, 11146.0, 11187.0, 11167.0, 11172.0, 11155.0, 11182.0, 11195.0, 11190.0, 11209.0, 11216.0, 11208.0, 11161.0, 11158.0, 11188.0, 11166.0, 11147.0, 11182.0, 11150.0, 11203.0, 11167.0, 11168.0, 11187.0, 11161.0, 11151.0, 11208.0, 11175.0, 11160.0, 11209.0, 11176.0, 11192.0, 11205.0, 11171.0, 11171.0, 11179.0, 11154.0, 11153.0, 11185.0, 11168.0, 11166.0, 11160.0, 11181.0, 11187.0, 11167.0, 11145.0, 11195.0, 11168.0, 11169.0, 11204.0, 11188.0, 11192.0, 11170.0, 11163.0, 11191.0, 11159.0, 11153.0, 11184.0, 11185.0, 11189.0, 11193.0, 11159.0, 11201.0, 11184.0, 11156.0, 11185.0, 11155.0, 11198.0, 11198.0, 11177.0, 11189.0, 11188.0, 11150.0, 11201.0, 11182.0, 11143.0, 11183.0, 11165.0, 11186.0, 11167.0, 11184.0, 11170.0, 11143.0, 11199.0, 11167.0, 11186.0, 11169.0, 11168.0, 11172.0, 11143.0, 11154.0, 11138.0, 11113.0, 11143.0, 11116.0, 11144.0, 11152.0, 11170.0, 11177.0, 11183.0, 11206.0, 11195.0, 11167.0, 11206.0, 11187.0, 11166.0, 11140.0, 11150.0, 11155.0, 11200.0, 11163.0, 11178.0, 11190.0, 11158.0, 11173.0, 11185.0, 11142.0, 11194.0, 11177.0, 11174.0, 11192.0, 11159.0, 11187.0, 11174.0, 11185.0, 11191.0, 11170.0, 11195.0, 11152.0, 11192.0, 11169.0, 11171.0, 11193.0, 11157.0, 11199.0, 11191.0, 11195.0, 11168.0, 11176.0, 11181.0, 11178.0, 11160.0, 11164.0, 11195.0, 11160.0, 11170.0, 11150.0, 11199.0, 11172.0, 11190.0, 11154.0, 11173.0, 11191.0, 11162.0, 11182.0, 11180.0, 11197.0, 11222.0, 11204.0, 11215.0, 11203.0, 11199.0, 11174.0, 11164.0, 11185.0, 11155.0, 11182.0, 11144.0, 11177.0, 11149.0, 11148.0, 11195.0, 11159.0, 11193.0, 11163.0, 11181.0, 11170.0, 11186.0, 11170.0, 11162.0, 11207.0, 11189.0, 11185.0, 11150.0, 11170.0, 11172.0, 11165.0, 11185.0, 11162.0, 11204.0, 11177.0, 11208.0, 11183.0, 11210.0, 11176.0, 11194.0, 11165.0, 11174.0, 11172.0, 11165.0, 11213.0, 11173.0, 11197.0, 11151.0, 11192.0, 11161.0, 11166.0, 11157.0, 11152.0, 11204.0, 11169.0, 11188.0, 11164.0, 11191.0, 11171.0, 11151.0, 11201.0, 11174.0, 11182.0, 11142.0, 11167.0, 11165.0, 11169.0, 11189.0, 11149.0, 11187.0, 11171.0, 11211.0, 11183.0, 11202.0, 11178.0, 11227.0, 11186.0, 11229.0, 11191.0, 11222.0, 11177.0, 11201.0, 11188.0, 11197.0, 11179.0, 11166.0, 11183.0, 11148.0], "WindowWidth": [24192.0, 24067.0, 24129.0, 24129.0, 24080.0, 24102.0, 24075.0, 24075.0, 24074.0, 24125.0, 24015.0, 24126.0, 24049.0, 24065.0, 24139.0, 23994.0, 24119.0, 24025.0, 23991.0, 24099.0, 24041.0, 23971.0, 24123.0, 24045.0, 24059.0, 24060.0, 23985.0, 24106.0, 24110.0, 24036.0, 24136.0, 24058.0, 24038.0, 24149.0, 24081.0, 24061.0, 24141.0, 24063.0, 24088.0, 24119.0, 24036.0, 24196.0, 24103.0, 24076.0, 24136.0, 24091.0, 24077.0, 24137.0, 24081.0, 24091.0, 24041.0, 24045.0, 24129.0, 24076.0, 24090.0, 23994.0, 24048.0, 24129.0, 24045.0, 24058.0, 24012.0, 24035.0, 24114.0, 24049.0, 24022.0, 24117.0, 24051.0, 24130.0, 24064.0, 24069.0, 24036.0, 24122.0, 24060.0, 24104.0, 24054.0, 24046.0, 24085.0, 23976.0, 23998.0, 24019.0, 24037.0, 23981.0, 24036.0, 23995.0, 24000.0, 24107.0, 24052.0, 24061.0, 24026.0, 24086.0, 24133.0, 24114.0, 24171.0, 24185.0, 24160.0, 24039.0, 24028.0, 24110.0, 24053.0, 24003.0, 24095.0, 24008.0, 24153.0, 24052.0, 24052.0, 24109.0, 24038.0, 24008.0, 24164.0, 24075.0, 24035.0, 24171.0, 24071.0, 24118.0, 24154.0, 24067.0, 24064.0, 24087.0, 24021.0, 24018.0, 24108.0, 24060.0, 24051.0, 24037.0, 24088.0, 24109.0, 24054.0, 23994.0, 24129.0, 24060.0, 24059.0, 24154.0, 24106.0, 24118.0, 24061.0, 24041.0, 24123.0, 24028.0, 24019.0, 24100.0, 24099.0, 24114.0, 24120.0, 24027.0, 24144.0, 24102.0, 24021.0, 24107.0, 24024.0, 24135.0, 24137.0, 24082.0, 24109.0, 24109.0, 24009.0, 24143.0, 24091.0, 23990.0, 24100.0, 24047.0, 24107.0, 24050.0, 24097.0, 24058.0, 23991.0, 24138.0, 24052.0, 24104.0, 24053.0, 24055.0, 24070.0, 23990.0, 24022.0, 23978.0, 23913.0, 23991.0, 23924.0, 23996.0, 24016.0, 24060.0, 24081.0, 24092.0, 24165.0, 24129.0, 24050.0, 24164.0, 24102.0, 24048.0, 23979.0, 24010.0, 24021.0, 24138.0, 24039.0, 24073.0, 24116.0, 24029.0, 24069.0, 24103.0, 23985.0, 24124.0, 24079.0, 24069.0, 24118.0, 24029.0, 24108.0, 24071.0, 24093.0, 24117.0, 24061.0, 24129.0, 24013.0, 24116.0, 24057.0, 24060.0, 24123.0, 24026.0, 24136.0, 24114.0, 24125.0, 24053.0, 24076.0, 24089.0, 24076.0, 24036.0, 24044.0, 24124.0, 24030.0, 24055.0, 24005.0, 24139.0, 24064.0, 24109.0, 24019.0, 24063.0, 24117.0, 24036.0, 24092.0, 24086.0, 24135.0, 24195.0, 24137.0, 24172.0, 24142.0, 24134.0, 24058.0, 24037.0, 24096.0, 24014.0, 24091.0, 23987.0, 24075.0, 24001.0, 23997.0, 24124.0, 24028.0, 24120.0, 24040.0, 24085.0, 24053.0, 24091.0, 24058.0, 24032.0, 24157.0, 24104.0, 24102.0, 24006.0, 24060.0, 24060.0, 24039.0, 24091.0, 24029.0, 24149.0, 24072.0, 24157.0, 24084.0, 24164.0, 24071.0, 24121.0, 24040.0, 24064.0, 24059.0, 24042.0, 24160.0, 24058.0, 24127.0, 24006.0, 24117.0, 24032.0, 24043.0, 24016.0, 24008.0, 24146.0, 24052.0, 24104.0, 24033.0, 24106.0, 24055.0, 24002.0, 24141.0, 24064.0, 24088.0, 23983.0, 24049.0, 24036.0, 24052.0, 24104.0, 23999.0, 24103.0, 24056.0, 24170.0, 24086.0, 24140.0, 24075.0, 24196.0, 24098.0, 24210.0, 24108.0, 24198.0, 24076.0, 24144.0, 24106.0, 24133.0, 24077.0, 24047.0, 24091.0, 23993.0]}, "slices": {}}}