{"AcquisitionMatrixPE": 96, "AcquisitionNumber": 1, "AcquisitionTime": "07:36:7.280000", "BandwidthPerPixelPhaseEncode": 33.602, "BaseResolution": 96, "BodyPartExamined": "BRAIN", "ConsistencyInfo": "N4_VD13A_LATEST_20120616", "ConversionSoftware": "dcm2niix", "ConversionSoftwareVersion": "v1.0.20210317", "DerivedVendorReportedEchoSpacing": 0.000620003, "DeviceSerialNumber": "45239", "DwellTime": 2.6e-06, "EchoTime": 0.03, "EchoTrainLength": 47, "EffectiveEchoSpacing": 0.000310001, "FlipAngle": 63, "ImageComments": "Unaliased MB4/PE3", "ImageOrientationPatientDICOM": [0.998698, -0.0449112, 0.0241822, 0.0510078, 0.879331, -0.473471], "ImageType": ["ORIGINAL", "PRIMARY", "M", "ND", "NORM", "MOSAIC"], "ImagingFrequency": 123.191, "InPlanePhaseEncodingDirectionDICOM": "COL", "InstitutionAddress": "E 24th St. 100,Austin,Southmiddle,US,78712", "InstitutionName": "Univ of Texas at Austin", "InstitutionalDepartmentName": "IRC", "MRAcquisitionType": "2D", "MagneticFieldStrength": 3, "Manufacturer": "Siemens", "ManufacturersModelName": "Skyra", "Modality": "MR", "MultibandAccelerationFactor": 4, "ParallelReductionFactorInPlane": 2, "PartialFourier": 1, "PatientPosition": "HFS", "PercentPhaseFOV": 100, "PercentSampling": 100, "PhaseEncodingDirection": "j-", "PhaseEncodingSteps": 95, "PhaseResolution": 1, "PixelBandwidth": 2005, "ProcedureStepDescription": "Poldrack2^self-scanning", "ProtocolName": "Resting State fMRI MBEPI_matrix96_BW2004", "PulseSequenceDetails": "%CustomerSeq%\\cmrr_mbep2d_bold", "ReceiveCoilActiveElements": "HEA;HEP", "ReceiveCoilName": "Head_32", "ReconMatrixPE": 96, "RefLinesPE": 48, "RepetitionTime": 1.16, "SAR": 0.124245, "ScanOptions": "FS", "ScanningSequence": "EP", "SequenceName": "epfid2d1_96", "SequenceVariant": "SK", "SeriesDescription": "Resting State fMRI MBEPI_matrix96_BW2004", "SeriesNumber": 6, "ShimSetting": [-2964, 8338, -15467, -829, 201, -624, 35, 164], "SliceThickness": 2, "SliceTiming": [0, 0.4975, 0.9975, 0.355, 0.855, 0.2125, 0.7125, 0.07, 0.57, 1.0675, 0.4275, 0.925, 0.285, 0.7825, 0.1425, 0.64, 0, 0.4975, 0.9975, 0.355, 0.855, 0.2125, 0.7125, 0.07, 0.57, 1.0675, 0.4275, 0.925, 0.285, 0.7825, 0.1425, 0.64, 0, 0.4975, 0.9975, 0.355, 0.855, 0.2125, 0.7125, 0.07, 0.57, 1.0675, 0.4275, 0.925, 0.285, 0.7825, 0.1425, 0.64, 0, 0.4975, 0.9975, 0.355, 0.855, 0.2125, 0.7125, 0.07, 0.57, 1.0675, 0.4275, 0.925, 0.285, 0.7825, 0.1425, 0.64], "SoftwareVersions": "syngo MR D13", "SpacingBetweenSlices": 2.4, "StationName": "AWP45239", "TaskName": "Resting fmri", "TotalReadoutTime": 0.0294501, "TxRefAmp": 343.124, "WipMemBlock": "beeef671-853c-4d40-8faa-94184bd8ee98||Sequence: vd13a/R010 r/fd129fc; Dec 13 2013 16:14:27 by eja", "dcmmeta_affine": [[-2.392714500427246, 0.12220615893602371, -9.271517775744087e-09, 107.593505859375], [0.10759976506233215, 2.1067309379577637, -1.1378117799758911, -95.31666564941406], [0.05793648958206177, 1.1343576908111572, 2.1131458282470703, -76.1186294555664], [0.0, 0.0, 0.0, 1.0]], "dcmmeta_reorient_transform": [[0.0, -1.0, 0.0, 95.0], [1.0, 0.0, 0.0, 0.0], [0.0, 0.0, 1.0, 0.0], [0.0, 0.0, 0.0, 1.0]], "dcmmeta_shape": [96, 96, 64, 518], "dcmmeta_slice_dim": 2, "dcmmeta_version": 0.6, "global": {"const": {"AcquisitionMatrix": [96, 0, 0, 96], "AngioFlag": "N", "BitsAllocated": 16, "BitsStored": 16, "BodyPartExamined": "BRAIN", "Columns": 768, "DeidentificationMethodCodeSequence": [{"CodeMeaning": "XNAT Edit Script", "CodeValue": "93", "CodingSchemeDesignator": "XNAT", "CodingSchemeVersion": "0.1"}], "EchoNumbers": 1, "EchoTime": 30.0, "EchoTrainLength": 47, "FlipAngle": 63.0, "HighBit": 15, "ImageOrientationPatient": [0.9986982553822, -0.0449112063593, 0.02418218848471, 0.05100779054772, 0.87933119872615, -0.4734710637941], "ImagePositionPatient": [-964.21642971617, -776.53084562427, 393.32288818532], "ImageType": ["ORIGINAL", "PRIMARY", "M", "ND", "NORM", "MOSAIC"], "ImagedNucleus": "1H", "ImagingFrequency": 123.191063, "InPlanePhaseEncodingDirection": "COL", "MRAcquisitionType": "2D", "MagneticFieldStrength": 3.0, "Manufacturer": "SIEMENS", "ManufacturerModelName": "Skyra", "Modality": "MR", "NumberOfAverages": 1.0, "NumberOfPhaseEncodingSteps": 95, "PercentPhaseFieldOfView": 100.0, "PercentSampling": 100.0, "PerformedProcedureStepStartTime": "072514.268000", "PhotometricInterpretation": "MONOCHROME2", "PixelBandwidth": 2005.0, "PixelRepresentation": 0, "PixelSpacing": [2.3958332538605, 2.3958332538605], "ProtocolName": "Resting State fMRI MBEPI_matrix96_BW2004", "RepetitionTime": 1160.0, "Rows": 768, "SAR": 0.12424475753773, "SamplesPerPixel": 1, "ScanOptions": "FS", "ScanningSequence": "EP", "SequenceName": "epfid2d1_96", "SequenceVariant": "SK", "SeriesDescription": "Resting State fMRI MBEPI_matrix96_BW2004", "SeriesNumber": 6, "SeriesTime": "073644.748000", "SliceLocation": -21.832222318668, "SliceThickness": 2.0, "SmallestImagePixelValue": 0, "SoftwareVersions": "syngo MR D13", "SpacingBetweenSlices": 2.4000000681755, "SpecificCharacterSet": "ISO_IR 100", "StudyID": "1", "StudyTime": "072514.190000", "TransmitCoilName": "Body", "VariableFlipAngleFlag": "N", "WindowCenterWidthExplanation": "Algo1", "dBdt": 0.0}, "slices": {}}, "time": {"samples": {"AcquisitionNumber": [1, 2, 3, 4, 5, 6, 7, 8, 9, 10, 11, 12, 13, 14, 15, 16, 17, 18, 19, 20, 21, 22, 23, 24, 25, 26, 27, 28, 29, 30, 31, 32, 33, 34, 35, 36, 37, 38, 39, 40, 41, 42, 43, 44, 45, 46, 47, 48, 49, 50, 51, 52, 53, 54, 55, 56, 57, 58, 59, 60, 61, 62, 63, 64, 65, 66, 67, 68, 69, 70, 71, 72, 73, 74, 75, 76, 77, 78, 79, 80, 81, 82, 83, 84, 85, 86, 87, 88, 89, 90, 91, 92, 93, 94, 95, 96, 97, 98, 99, 100, 101, 102, 103, 104, 105, 106, 107, 108, 109, 110, 111, 112, 113, 114, 115, 116, 117, 118, 119, 120, 121, 122, 123, 124, 125, 126, 127, 128, 129, 130, 131, 132, 133, 134, 135, 136, 137, 138, 139, 140, 141, 142, 143, 144, 145, 146, 147, 148, 149, 150, 151, 152, 153, 154, 155, 156, 157, 158, 159, 160, 161, 162, 163, 164, 165, 166, 167, 168, 169, 170, 171, 172, 173, 174, 175, 176, 177, 178, 179, 180, 181, 182, 183, 184, 185, 186, 187, 188, 189, 190, 191, 192, 193, 194, 195, 196, 197, 198, 199, 200, 201, 202, 203, 204, 205, 206, 207, 208, 209, 210, 211, 212, 213, 214, 215, 216, 217, 218, 219, 220, 221, 222, 223, 224, 225, 226, 227, 228, 229, 230, 231, 232, 233, 234, 235, 236, 237, 238, 239, 240, 241, 242, 243, 244, 245, 246, 247, 248, 249, 250, 251, 252, 253, 254, 255, 256, 257, 258, 259, 260, 261, 262, 263, 264, 265, 266, 267, 268, 269, 270, 271, 272, 273, 274, 275, 276, 277, 278, 279, 280, 281, 282, 283, 284, 285, 286, 287, 288, 289, 290, 291, 292, 293, 294, 295, 296, 297, 298, 299, 300, 301, 302, 303, 304, 305, 306, 307, 308, 309, 310, 311, 312, 313, 314, 315, 316, 317, 318, 319, 320, 321, 322, 323, 324, 325, 326, 327, 328, 329, 330, 331, 332, 333, 334, 335, 336, 337, 338, 339, 340, 341, 342, 343, 344, 345, 346, 347, 348, 349, 350, 351, 352, 353, 354, 355, 356, 357, 358, 359, 360, 361, 362, 363, 364, 365, 366, 367, 368, 369, 370, 371, 372, 373, 374, 375, 376, 377, 378, 379, 380, 381, 382, 383, 384, 385, 386, 387, 388, 389, 390, 391, 392, 393, 394, 395, 396, 397, 398, 399, 400, 401, 402, 403, 404, 405, 406, 407, 408, 409, 410, 411, 412, 413, 414, 415, 416, 417, 418, 419, 420, 421, 422, 423, 424, 425, 426, 427, 428, 429, 430, 431, 432, 433, 434, 435, 436, 437, 438, 439, 440, 441, 442, 443, 444, 445, 446, 447, 448, 449, 450, 451, 452, 453, 454, 455, 456, 457, 458, 459, 460, 461, 462, 463, 464, 465, 466, 467, 468, 469, 470, 471, 472, 473, 474, 475, 476, 477, 478, 479, 480, 481, 482, 483, 484, 485, 486, 487, 488, 489, 490, 491, 492, 493, 494, 495, 496, 497, 498, 499, 500, 501, 502, 503, 504, 505, 506, 507, 508, 509, 510, 511, 512, 513, 514, 515, 516, 517, 518], "AcquisitionTime": ["073607.280000", "073614.220000", "073615.380000", "073616.540000", "073617.700000", "073618.860000", "073620.020000", "073621.180000", "073622.340000", "073623.500000", "073624.660000", "073625.820000", "073626.980000", "073628.140000", "073629.300000", "073630.460000", "073631.620000", "073632.780000", "073633.940000", "073635.100000", "073636.260000", "073637.420000", "073638.580000", "073639.740000", "073640.900000", "073642.060000", "073643.220000", "073644.380000", "073645.540000", "073646.700000", "073647.860000", "073649.020000", "073650.180000", "073651.340000", "073652.500000", "073653.660000", "073654.820000", "073655.980000", "073657.140000", "073658.300000", "073659.460000", "073700.620000", "073701.780000", "073702.940000", "073704.100000", "073705.260000", "073706.420000", "073707.580000", "073708.740000", "073709.900000", "073711.060000", "073712.220000", "073713.380000", "073714.540000", "073715.700000", "073716.860000", "073718.020000", "073719.180000", "073720.340000", "073721.500000", "073722.660000", "073723.820000", "073724.980000", "073726.140000", "073727.300000", "073728.460000", "073729.620000", "073730.780000", "073731.940000", "073733.100000", "073734.260000", "073735.420000", "073736.580000", "073737.740000", "073738.900000", "073740.060000", "073741.220000", "073742.380000", "073743.540000", "073744.700000", "073745.860000", "073747.020000", "073748.180000", "073749.340000", "073750.500000", "073751.660000", "073752.820000", "073753.980000", "073755.140000", "073756.300000", "073757.460000", "073758.620000", "073759.780000", "073800.940000", "073802.100000", "073803.260000", "073804.420000", "073805.580000", "073806.740000", "073807.900000", "073809.060000", "073810.220000", "073811.380000", "073812.540000", "073813.700000", "073814.860000", "073816.020000", "073817.180000", "073818.340000", "073819.500000", "073820.660000", "073821.820000", "073822.980000", "073824.140000", "073825.300000", "073826.460000", "073827.620000", "073828.780000", "073829.940000", "073831.100000", "073832.260000", "073833.420000", "073834.580000", "073835.740000", "073836.900000", "073838.060000", "073839.220000", "073840.380000", "073841.540000", "073842.700000", "073843.860000", "073845.020000", "073846.180000", "073847.340000", "073848.500000", "073849.660000", "073850.820000", "073851.980000", "073853.140000", "073854.300000", "073855.460000", "073856.620000", "073857.780000", "073858.940000", "073900.100000", "073901.260000", "073902.420000", "073903.580000", "073904.740000", "073905.900000", "073907.060000", "073908.220000", "073909.380000", "073910.540000", "073911.700000", "073912.860000", "073914.020000", "073915.180000", "073916.340000", "073917.500000", "073918.660000", "073919.820000", "073920.980000", "073922.140000", "073923.300000", "073924.460000", "073925.620000", "073926.780000", "073927.940000", "073929.100000", "073930.260000", "073931.420000", "073932.580000", "073933.740000", "073934.900000", "073936.060000", "073937.220000", "073938.380000", "073939.540000", "073940.700000", "073941.860000", "073943.020000", "073944.180000", "073945.340000", "073946.500000", "073947.660000", "073948.820000", "073949.980000", "073951.140000", "073952.300000", "073953.460000", "073954.620000", "073955.780000", "073956.940000", "073958.100000", "073959.260000", "074000.420000", "074001.580000", "074002.740000", "074003.900000", "074005.060000", "074006.220000", "074007.380000", "074008.540000", "074009.700000", "074010.860000", "074012.020000", "074013.180000", "074014.340000", "074015.500000", "074016.660000", "074017.820000", "074018.980000", "074020.140000", "074021.300000", "074022.460000", "074023.620000", "074024.780000", "074025.940000", "074027.100000", "074028.260000", "074029.420000", "074030.580000", "074031.740000", "074032.900000", "074034.062500", "074035.222500", "074036.382500", "074037.542500", "074038.702500", "074039.862500", "074041.022500", "074042.182500", "074043.342500", "074044.502500", "074045.662500", "074046.822500", "074047.982500", "074049.142500", "074050.302500", "074051.462500", "074052.622500", "074053.782500", "074054.942500", "074056.102500", "074057.262500", "074058.422500", "074059.582500", "074100.742500", "074101.902500", "074103.062500", "074104.222500", "074105.382500", "074106.542500", "074107.702500", "074108.862500", "074110.022500", "074111.182500", "074112.342500", "074113.502500", "074114.662500", "074115.822500", "074116.982500", "074118.142500", "074119.302500", "074120.462500", "074121.622500", "074122.782500", "074123.942500", "074125.102500", "074126.262500", "074127.422500", "074128.582500", "074129.742500", "074130.902500", "074132.062500", "074133.222500", "074134.382500", "074135.542500", "074136.702500", "074137.862500", "074139.022500", "074140.182500", "074141.342500", "074142.502500", "074143.662500", "074144.822500", "074145.982500", "074147.142500", "074148.302500", "074149.462500", "074150.622500", "074151.782500", "074152.942500", "074154.102500", "074155.262500", "074156.422500", "074157.582500", "074158.742500", "074159.902500", "074201.062500", "074202.222500", "074203.382500", "074204.542500", "074205.702500", "074206.862500", "074208.022500", "074209.182500", "074210.342500", "074211.502500", "074212.662500", "074213.822500", "074214.982500", "074216.142500", "074217.302500", "074218.462500", "074219.622500", "074220.782500", "074221.942500", "074223.102500", "074224.262500", "074225.422500", "074226.582500", "074227.742500", "074228.902500", "074230.062500", "074231.222500", "074232.382500", "074233.542500", "074234.702500", "074235.862500", "074237.022500", "074238.182500", "074239.342500", "074240.502500", "074241.662500", "074242.822500", "074243.982500", "074245.142500", "074246.302500", "074247.462500", "074248.622500", "074249.782500", "074250.942500", "074252.102500", "074253.262500", "074254.422500", "074255.582500", "074256.742500", "074257.902500", "074259.062500", "074300.222500", "074301.382500", "074302.542500", "074303.702500", "074304.862500", "074306.022500", "074307.182500", "074308.342500", "074309.502500", "074310.662500", "074311.822500", "074312.982500", "074314.142500", "074315.302500", "074316.462500", "074317.622500", "074318.782500", "074319.942500", "074321.102500", "074322.262500", "074323.422500", "074324.582500", "074325.742500", "074326.902500", "074328.062500", "074329.222500", "074330.382500", "074331.542500", "074332.702500", "074333.862500", "074335.022500", "074336.182500", "074337.342500", "074338.502500", "074339.662500", "074340.822500", "074341.982500", "074343.142500", "074344.302500", "074345.462500", "074346.622500", "074347.782500", "074348.942500", "074350.102500", "074351.262500", "074352.422500", "074353.582500", "074354.742500", "074355.902500", "074357.062500", "074358.222500", "074359.382500", "074400.542500", "074401.702500", "074402.862500", "074404.022500", "074405.182500", "074406.342500", "074407.502500", "074408.662500", "074409.822500", "074410.982500", "074412.142500", "074413.302500", "074414.462500", "074415.622500", "074416.782500", "074417.942500", "074419.102500", "074420.262500", "074421.422500", "074422.582500", "074423.742500", "074424.902500", "074426.062500", "074427.222500", "074428.382500", "074429.542500", "074430.702500", "074431.862500", "074433.022500", "074434.182500", "074435.342500", "074436.502500", "074437.662500", "074438.822500", "074439.982500", "074441.142500", "074442.302500", "074443.462500", "074444.622500", "074445.782500", "074446.942500", "074448.102500", "074449.262500", "074450.422500", "074451.582500", "074452.742500", "074453.902500", "074455.062500", "074456.222500", "074457.382500", "074458.542500", "074459.702500", "074500.862500", "074502.022500", "074503.182500", "074504.342500", "074505.502500", "074506.662500", "074507.822500", "074508.982500", "074510.142500", "074511.302500", "074512.462500", "074513.622500", "074514.782500", "074515.942500", "074517.102500", "074518.262500", "074519.422500", "074520.582500", "074521.742500", "074522.902500", "074524.065000", "074525.225000", "074526.385000", "074527.545000", "074528.705000", "074529.865000", "074531.025000", "074532.185000", "074533.345000", "074534.505000", "074535.665000", "074536.825000", "074537.985000", "074539.145000", "074540.305000", "074541.465000", "074542.625000", "074543.785000", "074544.945000", "074546.105000", "074547.265000", "074548.425000", "074549.585000", "074550.745000", "074551.905000", "074553.065000", "074554.225000", "074555.385000", "074556.545000", "074557.705000", "074558.865000", "074600.025000", "074601.185000", "074602.345000", "074603.505000", "074604.665000", "074605.825000", "074606.985000", "074608.145000", "074609.305000", "074610.465000", "074611.625000", "074612.785000"], "ContentTime": ["073644.752000", "073644.756000", "073644.760000", "073644.764000", "073644.768000", "073644.772000", "073644.776000", "073644.780000", "073644.784000", "073644.788000", "073644.792000", "073644.796000", "073644.800000", "073644.804000", "073644.808000", "073644.812000", "073644.816000", "073644.820000", "073644.824000", "073644.828000", "073644.832000", "073644.835000", "073704.715000", "073704.720000", "073704.723000", "073704.727000", "073704.738000", "073704.742000", "073704.746000", "073704.750000", "073704.762000", "073704.766000", "073704.770000", "073704.774000", "073704.778000", "073704.781000", "073704.785000", "073704.789000", "073704.793000", "073704.797000", "073704.801000", "073704.805000", "073744.714000", "073744.718000", "073744.722000", "073744.726000", "073744.730000", "073744.734000", "073744.738000", "073744.742000", "073744.746000", "073744.751000", "073744.754000", "073744.759000", "073744.764000", "073744.768000", "073744.772000", "073744.782000", "073744.786000", "073744.790000", "073744.794000", "073744.798000", "073744.802000", "073744.806000", "073744.810000", "073744.814000", "073744.818000", "073744.822000", "073744.826000", "073744.830000", "073744.834000", "073744.839000", "073744.844000", "073744.848000", "073744.853000", "073744.857000", "073744.861000", "073744.865000", "073824.715000", "073824.719000", "073824.723000", "073824.727000", "073824.731000", "073824.735000", "073824.740000", "073824.744000", "073824.748000", "073824.752000", "073824.756000", "073824.760000", "073824.764000", "073824.768000", "073824.772000", "073824.775000", "073824.779000", "073824.783000", "073824.787000", "073824.791000", "073824.795000", "073824.799000", "073824.803000", "073824.807000", "073824.814000", "073824.817000", "073824.821000", "073824.825000", "073824.829000", "073824.833000", "073824.837000", "073824.840000", "073824.844000", "073824.848000", "073904.716000", "073904.720000", "073904.724000", "073904.728000", "073904.732000", "073904.736000", "073904.740000", "073904.744000", "073904.748000", "073904.752000", "073904.756000", "073904.760000", "073904.764000", "073904.768000", "073904.772000", "073904.776000", "073904.781000", "073904.785000", "073904.788000", "073904.792000", "073904.796000", "073904.800000", "073904.804000", "073904.808000", "073904.813000", "073904.816000", "073904.824000", "073904.828000", "073904.832000", "073904.836000", "073904.840000", "073904.843000", "073904.848000", "073904.852000", "073904.856000", "073944.714000", "073944.726000", "073944.729000", "073944.733000", "073944.737000", "073944.740000", "073944.744000", "073944.748000", "073944.752000", "073944.756000", "073944.760000", "073944.764000", "073944.767000", "073944.771000", "073944.774000", "073944.782000", "073944.786000", "073944.790000", "073944.794000", "073944.798000", "073944.802000", "073944.806000", "073944.810000", "073944.814000", "073944.818000", "073944.822000", "073944.826000", "073944.830000", "073944.834000", "073944.838000", "073944.841000", "073944.846000", "073944.850000", "073944.853000", "074024.714000", "074024.718000", "074024.722000", "074024.726000", "074024.730000", "074024.734000", "074024.738000", "074024.742000", "074024.746000", "074024.750000", "074024.754000", "074024.758000", "074024.762000", "074024.766000", "074024.770000", "074024.774000", "074024.778000", "074024.785000", "074024.789000", "074024.793000", "074024.798000", "074024.802000", "074024.806000", "074024.810000", "074024.814000", "074024.818000", "074024.822000", "074024.826000", "074024.830000", "074024.834000", "074024.838000", "074024.842000", "074024.845000", "074024.850000", "074024.854000", "074104.714000", "074104.718000", "074104.723000", "074104.726000", "074104.730000", "074104.734000", "074104.738000", "074104.743000", "074104.747000", "074104.751000", "074104.755000", "074104.759000", "074104.763000", "074104.767000", "074104.771000", "074104.775000", "074104.780000", "074104.788000", "074104.793000", "074104.796000", "074104.805000", "074104.809000", "074104.812000", "074104.816000", "074104.820000", "074104.824000", "074104.828000", "074104.832000", "074104.836000", "074104.840000", "074104.844000", "074104.848000", "074104.852000", "074104.856000", "074144.715000", "074144.719000", "074144.724000", "074144.728000", "074144.734000", "074144.738000", "074144.742000", "074144.746000", "074144.750000", "074144.754000", "074144.759000", "074144.763000", "074144.767000", "074144.771000", "074144.775000", "074144.779000", "074144.783000", "074144.787000", "074144.792000", "074144.796000", "074144.799000", "074144.803000", "074144.807000", "074144.811000", "074144.815000", "074144.820000", "074144.824000", "074144.828000", "074144.832000", "074144.836000", "074144.840000", "074144.844000", "074144.847000", "074144.851000", "074144.855000", "074224.714000", "074224.718000", "074224.722000", "074224.726000", "074224.730000", "074224.733000", "074224.737000", "074224.741000", "074224.745000", "074224.749000", "074224.753000", "074224.757000", "074224.761000", "074224.765000", "074224.769000", "074224.773000", "074224.777000", "074224.781000", "074224.785000", "074224.789000", "074224.793000", "074224.797000", "074224.801000", "074224.805000", "074224.809000", "074224.813000", "074224.817000", "074224.821000", "074224.825000", "074224.829000", "074224.833000", "074224.837000", "074224.841000", "074224.845000", "074304.714000", "074304.718000", "074304.722000", "074304.727000", "074304.731000", "074304.735000", "074304.739000", "074304.743000", "074304.747000", "074304.751000", "074304.755000", "074304.760000", "074304.763000", "074304.767000", "074304.772000", "074304.776000", "074304.788000", "074304.792000", "074304.797000", "074304.801000", "074304.805000", "074304.809000", "074304.813000", "074304.817000", "074304.821000", "074304.824000", "074304.828000", "074304.833000", "074304.837000", "074304.841000", "074304.844000", "074304.849000", "074304.853000", "074304.857000", "074304.861000", "074344.714000", "074344.718000", "074344.722000", "074344.727000", "074344.731000", "074344.735000", "074344.739000", "074344.743000", "074344.747000", "074344.751000", "074344.755000", "074344.759000", "074344.763000", "074344.768000", "074344.771000", "074344.775000", "074344.780000", "074344.784000", "074344.788000", "074344.791000", "074344.795000", "074344.799000", "074344.803000", "074344.807000", "074344.811000", "074344.815000", "074344.819000", "074344.822000", "074344.826000", "074344.830000", "074344.834000", "074344.838000", "074344.842000", "074344.846000", "074424.714000", "074424.719000", "074424.723000", "074424.727000", "074424.736000", "074424.740000", "074424.744000", "074424.748000", "074424.752000", "074424.757000", "074424.761000", "074424.765000", "074424.770000", "074424.774000", "074424.778000", "074424.790000", "074424.794000", "074424.798000", "074424.801000", "074424.805000", "074424.809000", "074424.813000", "074424.817000", "074424.821000", "074424.825000", "074424.828000", "074424.832000", "074424.836000", "074424.840000", "074424.844000", "074424.848000", "074424.852000", "074424.856000", "074424.859000", "074424.863000", "074504.714000", "074504.719000", "074504.723000", "074504.727000", "074504.731000", "074504.735000", "074504.739000", "074504.743000", "074504.746000", "074504.751000", "074504.755000", "074504.759000", "074504.764000", "074504.768000", "074504.772000", "074504.777000", "074504.781000", "074504.786000", "074504.790000", "074504.795000", "074504.799000", "074504.804000", "074504.809000", "074504.813000", "074504.818000", "074504.823000", "074504.827000", "074504.831000", "074504.835000", "074504.840000", "074504.844000", "074504.847000", "074504.851000", "074504.855000", "074544.715000", "074544.719000", "074544.723000", "074544.727000", "074544.732000", "074544.736000", "074544.739000", "074544.743000", "074544.747000", "074544.751000", "074544.755000", "074544.759000", "074544.763000", "074544.767000", "074544.771000", "074544.775000", "074544.779000", "074544.783000", "074544.787000", "074544.791000", "074544.794000", "074544.799000", "074544.802000", "074544.806000", "074544.810000", "074544.814000", "074544.818000", "074544.823000", "074544.827000", "074544.832000", "074544.836000", "074544.841000", "074544.845000", "074544.850000", "074544.854000", "074614.502000", "074614.506000", "074614.510000", "074614.513000", "074614.517000", "074614.521000", "074614.525000", "074614.528000", "074614.532000", "074614.536000", "074614.540000", "074614.543000", "074614.547000", "074614.551000", "074614.555000", "074614.559000", "074614.563000", "074614.566000", "074614.577000", "074614.581000", "074614.584000", "074614.588000", "074614.592000", "074614.596000", "074614.599000", "074614.603000"], "InstanceCreationTime": ["073644.752000", "073644.756000", "073644.760000", "073644.764000", "073644.768000", "073644.772000", "073644.776000", "073644.780000", "073644.784000", "073644.788000", "073644.792000", "073644.796000", "073644.800000", "073644.804000", "073644.808000", "073644.812000", "073644.816000", "073644.820000", "073644.824000", "073644.828000", "073644.832000", "073644.835000", "073704.715000", "073704.720000", "073704.723000", "073704.727000", "073704.738000", "073704.742000", "073704.746000", "073704.750000", "073704.762000", "073704.766000", "073704.770000", "073704.774000", "073704.778000", "073704.781000", "073704.785000", "073704.789000", "073704.793000", "073704.797000", "073704.801000", "073704.805000", "073744.714000", "073744.718000", "073744.722000", "073744.726000", "073744.730000", "073744.734000", "073744.738000", "073744.742000", "073744.746000", "073744.751000", "073744.754000", "073744.759000", "073744.764000", "073744.768000", "073744.772000", "073744.782000", "073744.786000", "073744.790000", "073744.794000", "073744.798000", "073744.802000", "073744.806000", "073744.810000", "073744.814000", "073744.818000", "073744.822000", "073744.826000", "073744.830000", "073744.834000", "073744.839000", "073744.844000", "073744.848000", "073744.853000", "073744.857000", "073744.861000", "073744.865000", "073824.715000", "073824.719000", "073824.723000", "073824.727000", "073824.731000", "073824.735000", "073824.740000", "073824.744000", "073824.748000", "073824.752000", "073824.756000", "073824.760000", "073824.764000", "073824.768000", "073824.772000", "073824.775000", "073824.779000", "073824.783000", "073824.787000", "073824.791000", "073824.795000", "073824.799000", "073824.803000", "073824.807000", "073824.814000", "073824.817000", "073824.821000", "073824.825000", "073824.829000", "073824.833000", "073824.837000", "073824.840000", "073824.844000", "073824.848000", "073904.716000", "073904.720000", "073904.724000", "073904.728000", "073904.732000", "073904.736000", "073904.740000", "073904.744000", "073904.748000", "073904.752000", "073904.756000", "073904.760000", "073904.764000", "073904.768000", "073904.772000", "073904.776000", "073904.781000", "073904.785000", "073904.788000", "073904.792000", "073904.796000", "073904.800000", "073904.804000", "073904.808000", "073904.813000", "073904.816000", "073904.824000", "073904.828000", "073904.832000", "073904.836000", "073904.840000", "073904.843000", "073904.848000", "073904.852000", "073904.856000", "073944.714000", "073944.726000", "073944.729000", "073944.733000", "073944.737000", "073944.740000", "073944.744000", "073944.748000", "073944.752000", "073944.756000", "073944.760000", "073944.764000", "073944.767000", "073944.771000", "073944.774000", "073944.782000", "073944.786000", "073944.790000", "073944.794000", "073944.798000", "073944.802000", "073944.806000", "073944.810000", "073944.814000", "073944.818000", "073944.822000", "073944.826000", "073944.830000", "073944.834000", "073944.838000", "073944.841000", "073944.846000", "073944.850000", "073944.853000", "074024.714000", "074024.718000", "074024.722000", "074024.726000", "074024.730000", "074024.734000", "074024.738000", "074024.742000", "074024.746000", "074024.750000", "074024.754000", "074024.758000", "074024.762000", "074024.766000", "074024.770000", "074024.774000", "074024.778000", "074024.785000", "074024.789000", "074024.793000", "074024.798000", "074024.802000", "074024.806000", "074024.810000", "074024.814000", "074024.818000", "074024.822000", "074024.826000", "074024.830000", "074024.834000", "074024.838000", "074024.842000", "074024.845000", "074024.850000", "074024.854000", "074104.714000", "074104.718000", "074104.723000", "074104.726000", "074104.730000", "074104.734000", "074104.738000", "074104.743000", "074104.747000", "074104.751000", "074104.755000", "074104.759000", "074104.763000", "074104.767000", "074104.771000", "074104.775000", "074104.780000", "074104.788000", "074104.793000", "074104.796000", "074104.805000", "074104.809000", "074104.812000", "074104.816000", "074104.820000", "074104.824000", "074104.828000", "074104.832000", "074104.836000", "074104.840000", "074104.844000", "074104.848000", "074104.852000", "074104.856000", "074144.715000", "074144.719000", "074144.724000", "074144.728000", "074144.734000", "074144.738000", "074144.742000", "074144.746000", "074144.750000", "074144.754000", "074144.759000", "074144.763000", "074144.767000", "074144.771000", "074144.775000", "074144.779000", "074144.783000", "074144.787000", "074144.792000", "074144.796000", "074144.799000", "074144.803000", "074144.807000", "074144.811000", "074144.815000", "074144.820000", "074144.824000", "074144.828000", "074144.832000", "074144.836000", "074144.840000", "074144.844000", "074144.847000", "074144.851000", "074144.855000", "074224.714000", "074224.718000", "074224.722000", "074224.726000", "074224.730000", "074224.733000", "074224.737000", "074224.741000", "074224.745000", "074224.749000", "074224.753000", "074224.757000", "074224.761000", "074224.765000", "074224.769000", "074224.773000", "074224.777000", "074224.781000", "074224.785000", "074224.789000", "074224.793000", "074224.797000", "074224.801000", "074224.805000", "074224.809000", "074224.813000", "074224.817000", "074224.821000", "074224.825000", "074224.829000", "074224.833000", "074224.837000", "074224.841000", "074224.845000", "074304.714000", "074304.718000", "074304.722000", "074304.727000", "074304.731000", "074304.735000", "074304.739000", "074304.743000", "074304.747000", "074304.751000", "074304.755000", "074304.760000", "074304.763000", "074304.767000", "074304.772000", "074304.776000", "074304.788000", "074304.792000", "074304.797000", "074304.801000", "074304.805000", "074304.809000", "074304.813000", "074304.817000", "074304.821000", "074304.824000", "074304.828000", "074304.833000", "074304.837000", "074304.841000", "074304.844000", "074304.849000", "074304.853000", "074304.857000", "074304.861000", "074344.714000", "074344.718000", "074344.722000", "074344.727000", "074344.731000", "074344.735000", "074344.739000", "074344.743000", "074344.747000", "074344.751000", "074344.755000", "074344.759000", "074344.763000", "074344.768000", "074344.771000", "074344.775000", "074344.780000", "074344.784000", "074344.788000", "074344.791000", "074344.795000", "074344.799000", "074344.803000", "074344.807000", "074344.811000", "074344.815000", "074344.819000", "074344.822000", "074344.826000", "074344.830000", "074344.834000", "074344.838000", "074344.842000", "074344.846000", "074424.714000", "074424.719000", "074424.723000", "074424.727000", "074424.736000", "074424.740000", "074424.744000", "074424.748000", "074424.752000", "074424.757000", "074424.761000", "074424.765000", "074424.770000", "074424.774000", "074424.778000", "074424.790000", "074424.794000", "074424.798000", "074424.801000", "074424.805000", "074424.809000", "074424.813000", "074424.817000", "074424.821000", "074424.825000", "074424.828000", "074424.832000", "074424.836000", "074424.840000", "074424.844000", "074424.848000", "074424.852000", "074424.856000", "074424.859000", "074424.863000", "074504.714000", "074504.719000", "074504.723000", "074504.727000", "074504.731000", "074504.735000", "074504.739000", "074504.743000", "074504.746000", "074504.751000", "074504.755000", "074504.759000", "074504.764000", "074504.768000", "074504.772000", "074504.777000", "074504.781000", "074504.786000", "074504.790000", "074504.795000", "074504.799000", "074504.804000", "074504.809000", "074504.813000", "074504.818000", "074504.823000", "074504.827000", "074504.831000", "074504.835000", "074504.840000", "074504.844000", "074504.847000", "074504.851000", "074504.855000", "074544.715000", "074544.719000", "074544.723000", "074544.727000", "074544.732000", "074544.736000", "074544.739000", "074544.743000", "074544.747000", "074544.751000", "074544.755000", "074544.759000", "074544.763000", "074544.767000", "074544.771000", "074544.775000", "074544.779000", "074544.783000", "074544.787000", "074544.791000", "074544.794000", "074544.799000", "074544.802000", "074544.806000", "074544.810000", "074544.814000", "074544.818000", "074544.823000", "074544.827000", "074544.832000", "074544.836000", "074544.841000", "074544.845000", "074544.850000", "074544.854000", "074614.502000", "074614.506000", "074614.510000", "074614.513000", "074614.517000", "074614.521000", "074614.525000", "074614.528000", "074614.532000", "074614.536000", "074614.540000", "074614.543000", "074614.547000", "074614.551000", "074614.555000", "074614.559000", "074614.563000", "074614.566000", "074614.577000", "074614.581000", "074614.584000", "074614.588000", "074614.592000", "074614.596000", "074614.599000", "074614.603000"], "InstanceNumber": [1, 2, 3, 4, 5, 6, 7, 8, 9, 10, 11, 12, 13, 14, 15, 16, 17, 18, 19, 20, 21, 22, 23, 24, 25, 26, 27, 28, 29, 30, 31, 32, 33, 34, 35, 36, 37, 38, 39, 40, 41, 42, 43, 44, 45, 46, 47, 48, 49, 50, 51, 52, 53, 54, 55, 56, 57, 58, 59, 60, 61, 62, 63, 64, 65, 66, 67, 68, 69, 70, 71, 72, 73, 74, 75, 76, 77, 78, 79, 80, 81, 82, 83, 84, 85, 86, 87, 88, 89, 90, 91, 92, 93, 94, 95, 96, 97, 98, 99, 100, 101, 102, 103, 104, 105, 106, 107, 108, 109, 110, 111, 112, 113, 114, 115, 116, 117, 118, 119, 120, 121, 122, 123, 124, 125, 126, 127, 128, 129, 130, 131, 132, 133, 134, 135, 136, 137, 138, 139, 140, 141, 142, 143, 144, 145, 146, 147, 148, 149, 150, 151, 152, 153, 154, 155, 156, 157, 158, 159, 160, 161, 162, 163, 164, 165, 166, 167, 168, 169, 170, 171, 172, 173, 174, 175, 176, 177, 178, 179, 180, 181, 182, 183, 184, 185, 186, 187, 188, 189, 190, 191, 192, 193, 194, 195, 196, 197, 198, 199, 200, 201, 202, 203, 204, 205, 206, 207, 208, 209, 210, 211, 212, 213, 214, 215, 216, 217, 218, 219, 220, 221, 222, 223, 224, 225, 226, 227, 228, 229, 230, 231, 232, 233, 234, 235, 236, 237, 238, 239, 240, 241, 242, 243, 244, 245, 246, 247, 248, 249, 250, 251, 252, 253, 254, 255, 256, 257, 258, 259, 260, 261, 262, 263, 264, 265, 266, 267, 268, 269, 270, 271, 272, 273, 274, 275, 276, 277, 278, 279, 280, 281, 282, 283, 284, 285, 286, 287, 288, 289, 290, 291, 292, 293, 294, 295, 296, 297, 298, 299, 300, 301, 302, 303, 304, 305, 306, 307, 308, 309, 310, 311, 312, 313, 314, 315, 316, 317, 318, 319, 320, 321, 322, 323, 324, 325, 326, 327, 328, 329, 330, 331, 332, 333, 334, 335, 336, 337, 338, 339, 340, 341, 342, 343, 344, 345, 346, 347, 348, 349, 350, 351, 352, 353, 354, 355, 356, 357, 358, 359, 360, 361, 362, 363, 364, 365, 366, 367, 368, 369, 370, 371, 372, 373, 374, 375, 376, 377, 378, 379, 380, 381, 382, 383, 384, 385, 386, 387, 388, 389, 390, 391, 392, 393, 394, 395, 396, 397, 398, 399, 400, 401, 402, 403, 404, 405, 406, 407, 408, 409, 410, 411, 412, 413, 414, 415, 416, 417, 418, 419, 420, 421, 422, 423, 424, 425, 426, 427, 428, 429, 430, 431, 432, 433, 434, 435, 436, 437, 438, 439, 440, 441, 442, 443, 444, 445, 446, 447, 448, 449, 450, 451, 452, 453, 454, 455, 456, 457, 458, 459, 460, 461, 462, 463, 464, 465, 466, 467, 468, 469, 470, 471, 472, 473, 474, 475, 476, 477, 478, 479, 480, 481, 482, 483, 484, 485, 486, 487, 488, 489, 490, 491, 492, 493, 494, 495, 496, 497, 498, 499, 500, 501, 502, 503, 504, 505, 506, 507, 508, 509, 510, 511, 512, 513, 514, 515, 516, 517, 518], "LargestImagePixelValue": [35401, 44676, 31310, 35229, 33108, 47275, 36140, 34513, 48964, 35341, 33908, 33321, 44567, 38677, 30547, 42847, 31879, 30317, 32767, 45701, 39516, 31099, 46338, 35842, 40926, 47611, 50496, 38864, 41239, 49364, 36556, 32557, 47334, 36999, 32164, 49468, 31272, 34123, 43687, 45729, 36719, 33797, 39535, 33687, 36608, 35799, 36672, 30300, 33159, 47909, 48105, 42426, 39067, 51555, 33805, 37668, 53682, 40652, 34954, 50885, 36407, 32236, 42630, 30811, 43816, 32057, 35891, 50667, 42783, 48646, 31635, 32040, 51969, 37579, 35366, 33927, 43509, 30330, 31317, 47629, 43695, 30671, 46281, 37441, 45685, 30181, 31862, 46954, 40256, 30978, 45669, 33592, 36314, 40081, 43691, 48946, 33253, 36763, 45757, 30976, 46768, 34326, 47849, 32417, 34305, 51168, 44217, 34396, 32809, 33220, 44007, 32837, 36862, 40611, 33600, 49513, 38852, 36659, 53406, 36563, 49618, 34401, 38131, 50154, 33911, 45321, 31833, 38004, 48105, 37601, 45032, 34162, 44117, 46869, 32424, 51722, 36499, 44172, 36093, 39054, 41174, 38942, 32524, 53781, 31100, 41769, 49979, 37658, 33053, 48919, 30985, 37192, 52322, 39664, 34789, 47176, 36267, 34142, 47330, 43167, 35128, 39396, 49983, 31705, 44844, 42537, 35574, 32554, 49093, 34281, 38131, 52103, 31464, 36531, 31863, 49888, 38623, 32538, 41820, 33100, 30992, 47255, 39102, 31864, 49597, 43983, 40146, 39717, 36787, 31531, 47196, 34761, 43684, 47593, 32736, 48829, 45531, 32473, 47246, 36747, 41100, 42158, 37288, 35833, 46446, 36932, 44260, 33305, 47624, 51832, 45828, 41507, 30895, 33926, 47232, 45529, 35867, 40844, 31047, 32052, 32479, 47353, 38194, 30651, 46230, 35085, 39436, 42403, 47434, 37181, 52527, 32820, 42291, 42966, 50637, 47341, 31367, 44262, 32843, 31736, 52054, 43729, 39548, 42917, 30978, 31991, 49974, 32616, 35143, 42246, 35756, 34941, 45664, 51241, 37878, 38084, 31827, 32094, 44062, 45941, 36484, 31535, 51886, 38404, 41525, 45038, 52041, 35068, 34904, 46005, 31380, 41767, 50486, 34291, 31847, 41127, 32768, 30859, 45845, 41190, 33181, 32616, 47355, 36494, 35533, 45333, 51050, 44057, 41232, 39382, 34224, 33309, 48034, 45068, 30929, 45140, 34495, 36226, 37045, 49330, 40202, 33461, 48548, 36649, 32029, 50721, 33799, 37456, 46702, 35910, 40256, 46345, 48078, 33710, 33725, 46670, 45765, 32641, 40067, 31373, 35177, 35016, 47320, 38716, 39840, 44283, 48111, 46196, 40078, 32823, 36580, 34856, 33647, 50566, 40258, 39688, 36023, 38653, 42331, 51788, 48109, 36395, 46466, 34471, 32868, 48637, 31433, 31147, 42148, 33209, 48217, 39377, 45249, 53496, 44953, 39031, 45831, 45794, 41131, 54555, 38285, 38705, 32474, 47175, 39946, 30642, 46758, 30781, 31119, 43256, 42542, 31052, 37293, 43300, 32480, 33682, 44535, 31772, 45300, 51356, 43314, 41213, 34109, 35512, 33652, 48116, 41932, 30714, 46174, 33069, 38220, 46660, 48911, 32204, 44422, 49691, 42532, 34240, 49828, 36521, 38061, 33618, 46052, 44551, 32091, 33671, 32643, 30689, 41103, 45006, 34894, 36786, 53222, 45472, 36541, 52942, 42404, 41189, 49271, 36337, 37622, 34592, 45653, 44899, 31110, 34312, 41289, 36837, 37851, 49539, 33086, 30920, 44568, 47240, 36493, 44871, 43941, 32752, 39290, 40994, 40330, 30754, 39854, 31124, 38060, 35095, 51589, 38683, 36569, 35780, 48471, 50549, 41725, 45386, 49922, 44176, 30837, 47678, 41706, 30925, 46898, 47777, 37556, 30811, 46965, 44010, 41267, 41835, 54126, 37682, 34393, 46556, 41515, 31175, 44784, 30525, 30937, 38855, 41923, 31713, 31327, 37524, 32955, 32625, 44814, 38925, 34811, 49717, 37168, 38251, 33935, 52087, 38824, 37274, 44940, 34124, 33969, 49339, 34579, 34623, 46357, 47866, 41208, 43624, 43826, 37501, 34485, 50781, 44339, 35886, 43654, 35302, 33021, 47668, 36065, 35156, 46345, 31906], "WindowCenter": [11231.0, 11221.0, 11170.0, 11176.0, 11160.0, 11193.0, 11173.0, 11170.0, 11207.0, 11171.0, 11164.0, 11150.0, 11185.0, 11174.0, 11160.0, 11201.0, 11171.0, 11160.0, 11164.0, 11200.0, 11182.0, 11162.0, 11213.0, 11184.0, 11184.0, 11191.0, 11192.0, 11167.0, 11169.0, 11185.0, 11156.0, 11134.0, 11173.0, 11152.0, 11145.0, 11191.0, 11158.0, 11172.0, 11191.0, 11198.0, 11174.0, 11167.0, 11191.0, 11176.0, 11192.0, 11198.0, 11204.0, 11190.0, 11201.0, 11223.0, 11220.0, 11196.0, 11185.0, 11208.0, 11172.0, 11172.0, 11199.0, 11172.0, 11166.0, 11199.0, 11167.0, 11158.0, 11183.0, 11165.0, 11208.0, 11177.0, 11181.0, 11209.0, 11197.0, 11206.0, 11162.0, 11160.0, 11198.0, 11171.0, 11165.0, 11170.0, 11192.0, 11155.0, 11153.0, 11188.0, 11176.0, 11135.0, 11181.0, 11163.0, 11183.0, 11140.0, 11147.0, 11178.0, 11159.0, 11135.0, 11175.0, 11155.0, 11168.0, 11171.0, 11177.0, 11188.0, 11151.0, 11156.0, 11176.0, 11145.0, 11197.0, 11165.0, 11198.0, 11160.0, 11158.0, 11191.0, 11181.0, 11155.0, 11170.0, 11162.0, 11189.0, 11174.0, 11189.0, 11192.0, 11181.0, 11214.0, 11191.0, 11174.0, 11214.0, 11181.0, 11208.0, 11176.0, 11177.0, 11197.0, 11159.0, 11196.0, 11155.0, 11165.0, 11183.0, 11160.0, 11185.0, 11165.0, 11181.0, 11181.0, 11145.0, 11188.0, 11158.0, 11181.0, 11160.0, 11160.0, 11162.0, 11162.0, 11144.0, 11186.0, 11140.0, 11174.0, 11181.0, 11158.0, 11142.0, 11178.0, 11145.0, 11169.0, 11198.0, 11170.0, 11157.0, 11189.0, 11162.0, 11158.0, 11195.0, 11175.0, 11150.0, 11165.0, 11180.0, 11140.0, 11187.0, 11172.0, 11143.0, 11132.0, 11170.0, 11149.0, 11155.0, 11185.0, 11148.0, 11152.0, 11139.0, 11190.0, 11168.0, 11161.0, 11189.0, 11169.0, 11158.0, 11209.0, 11177.0, 11163.0, 11211.0, 11190.0, 11175.0, 11174.0, 11168.0, 11172.0, 11213.0, 11194.0, 11210.0, 11213.0, 11165.0, 11200.0, 11182.0, 11146.0, 11182.0, 11162.0, 11178.0, 11178.0, 11158.0, 11152.0, 11177.0, 11154.0, 11176.0, 11154.0, 11179.0, 11177.0, 11169.0, 11156.0, 11125.0, 11135.0, 11162.0, 11151.0, 11132.0, 11148.0, 11144.0, 11151.0, 11155.0, 11189.0, 11167.0, 11144.0, 11194.0, 11172.0, 11171.0, 11177.0, 11191.0, 11170.0, 11195.0, 11154.0, 11171.0, 11162.0, 11178.0, 11168.0, 11137.0, 11176.0, 11155.0, 11147.0, 11196.0, 11175.0, 11167.0, 11171.0, 11136.0, 11134.0, 11183.0, 11160.0, 11169.0, 11186.0, 11168.0, 11155.0, 11175.0, 11179.0, 11161.0, 11163.0, 11145.0, 11151.0, 11184.0, 11180.0, 11157.0, 11143.0, 11194.0, 11160.0, 11160.0, 11159.0, 11167.0, 11143.0, 11150.0, 11170.0, 11131.0, 11166.0, 11178.0, 11147.0, 11140.0, 11182.0, 11172.0, 11175.0, 11221.0, 11203.0, 11173.0, 11173.0, 11202.0, 11177.0, 11171.0, 11190.0, 11196.0, 11180.0, 11167.0, 11169.0, 11154.0, 11149.0, 11182.0, 11172.0, 11131.0, 11175.0, 11160.0, 11165.0, 11168.0, 11197.0, 11179.0, 11156.0, 11194.0, 11167.0, 11150.0, 11195.0, 11164.0, 11190.0, 11205.0, 11174.0, 11182.0, 11187.0, 11186.0, 11151.0, 11149.0, 11172.0, 11176.0, 11145.0, 11179.0, 11171.0, 11184.0, 11185.0, 11210.0, 11183.0, 11181.0, 11181.0, 11184.0, 11171.0, 11160.0, 11149.0, 11178.0, 11181.0, 11178.0, 11205.0, 11194.0, 11184.0, 11171.0, 11173.0, 11172.0, 11192.0, 11184.0, 11156.0, 11185.0, 11152.0, 11142.0, 11178.0, 11152.0, 11164.0, 11213.0, 11200.0, 11227.0, 11195.0, 11195.0, 11199.0, 11174.0, 11156.0, 11171.0, 11170.0, 11160.0, 11183.0, 11147.0, 11134.0, 11106.0, 11148.0, 11136.0, 11107.0, 11167.0, 11124.0, 11122.0, 11168.0, 11161.0, 11140.0, 11169.0, 11188.0, 11164.0, 11175.0, 11199.0, 11164.0, 11201.0, 11198.0, 11191.0, 11178.0, 11160.0, 11170.0, 11157.0, 11200.0, 11181.0, 11153.0, 11200.0, 11173.0, 11183.0, 11200.0, 11201.0, 11160.0, 11188.0, 11190.0, 11168.0, 11149.0, 11173.0, 11141.0, 11143.0, 11126.0, 11151.0, 11151.0, 11133.0, 11159.0, 11170.0, 11163.0, 11200.0, 11195.0, 11163.0, 11170.0, 11199.0, 11187.0, 11166.0, 11194.0, 11173.0, 11164.0, 11177.0, 11150.0, 11148.0, 11134.0, 11160.0, 11149.0, 11129.0, 11144.0, 11166.0, 11171.0, 11180.0, 11209.0, 11172.0, 11156.0, 11188.0, 11193.0, 11159.0, 11185.0, 11180.0, 11152.0, 11158.0, 11168.0, 11179.0, 11161.0, 11202.0, 11175.0, 11197.0, 11180.0, 11213.0, 11192.0, 11198.0, 11199.0, 11228.0, 11214.0, 11185.0, 11186.0, 11179.0, 11157.0, 11124.0, 11174.0, 11158.0, 11124.0, 11165.0, 11158.0, 11136.0, 11113.0, 11161.0, 11151.0, 11137.0, 11149.0, 11155.0, 11122.0, 11111.0, 11143.0, 11130.0, 11111.0, 11149.0, 11117.0, 11135.0, 11165.0, 11168.0, 11151.0, 11145.0, 11176.0, 11174.0, 11171.0, 11202.0, 11198.0, 11180.0, 11216.0, 11184.0, 11180.0, 11164.0, 11208.0, 11178.0, 11183.0, 11206.0, 11182.0, 11174.0, 11210.0, 11178.0, 11183.0, 11207.0, 11213.0, 11186.0, 11189.0, 11188.0, 11162.0, 11148.0, 11189.0, 11181.0, 11156.0, 11180.0, 11151.0, 11140.0, 11176.0, 11152.0, 11155.0, 11183.0, 11160.0], "WindowWidth": [24262.0, 24225.0, 24080.0, 24092.0, 24047.0, 24139.0, 24086.0, 24068.0, 24175.0, 24075.0, 24052.0, 24019.0, 24113.0, 24088.0, 24048.0, 24154.0, 24075.0, 24046.0, 24052.0, 24157.0, 24107.0, 24051.0, 24191.0, 24111.0, 24111.0, 24131.0, 24130.0, 24060.0, 24069.0, 24113.0, 24036.0, 23975.0, 24079.0, 24027.0, 24008.0, 24132.0, 24042.0, 24072.0, 24131.0, 24147.0, 24085.0, 24064.0, 24130.0, 24090.0, 24128.0, 24152.0, 24160.0, 24123.0, 24151.0, 24211.0, 24205.0, 24141.0, 24109.0, 24176.0, 24077.0, 24079.0, 24157.0, 24080.0, 24057.0, 24149.0, 24068.0, 24039.0, 24106.0, 24058.0, 24178.0, 24090.0, 24101.0, 24182.0, 24146.0, 24170.0, 24051.0, 24045.0, 24151.0, 24074.0, 24059.0, 24073.0, 24133.0, 24032.0, 24023.0, 24121.0, 24085.0, 23978.0, 24104.0, 24056.0, 24106.0, 23987.0, 24004.0, 24090.0, 24044.0, 23974.0, 24089.0, 24029.0, 24060.0, 24073.0, 24086.0, 24113.0, 24014.0, 24029.0, 24085.0, 23999.0, 24142.0, 24056.0, 24146.0, 24040.0, 24032.0, 24132.0, 24099.0, 24027.0, 24066.0, 24048.0, 24121.0, 24076.0, 24115.0, 24128.0, 24094.0, 24188.0, 24121.0, 24078.0, 24184.0, 24095.0, 24174.0, 24081.0, 24085.0, 24143.0, 24036.0, 24139.0, 24029.0, 24052.0, 24102.0, 24036.0, 24109.0, 24055.0, 24093.0, 24094.0, 24003.0, 24121.0, 24031.0, 24098.0, 24041.0, 24039.0, 24048.0, 24043.0, 23997.0, 24113.0, 23988.0, 24080.0, 24097.0, 24036.0, 23996.0, 24090.0, 24001.0, 24066.0, 24141.0, 24066.0, 24033.0, 24121.0, 24045.0, 24033.0, 24130.0, 24078.0, 24012.0, 24053.0, 24096.0, 23986.0, 24110.0, 24074.0, 23996.0, 23963.0, 24072.0, 24013.0, 24029.0, 24111.0, 24002.0, 24019.0, 23986.0, 24129.0, 24063.0, 24044.0, 24114.0, 24063.0, 24035.0, 24173.0, 24093.0, 24046.0, 24177.0, 24121.0, 24082.0, 24070.0, 24064.0, 24070.0, 24187.0, 24129.0, 24175.0, 24177.0, 24050.0, 24149.0, 24098.0, 24003.0, 24102.0, 24041.0, 24090.0, 24088.0, 24034.0, 24014.0, 24083.0, 24022.0, 24080.0, 24018.0, 24090.0, 24088.0, 24066.0, 24030.0, 23946.0, 23971.0, 24045.0, 24015.0, 23966.0, 24006.0, 23997.0, 24015.0, 24022.0, 24116.0, 24058.0, 23995.0, 24131.0, 24069.0, 24066.0, 24083.0, 24121.0, 24058.0, 24135.0, 24023.0, 24065.0, 24044.0, 24087.0, 24058.0, 23975.0, 24082.0, 24023.0, 24000.0, 24138.0, 24079.0, 24054.0, 24064.0, 23973.0, 23970.0, 24105.0, 24039.0, 24063.0, 24106.0, 24057.0, 24022.0, 24079.0, 24092.0, 24047.0, 24049.0, 24001.0, 24010.0, 24100.0, 24094.0, 24032.0, 23990.0, 24128.0, 24039.0, 24035.0, 24033.0, 24060.0, 23992.0, 24009.0, 24064.0, 23958.0, 24050.0, 24088.0, 24005.0, 23987.0, 24100.0, 24064.0, 24077.0, 24204.0, 24151.0, 24073.0, 24068.0, 24152.0, 24081.0, 24065.0, 24118.0, 24133.0, 24095.0, 24058.0, 24057.0, 24021.0, 24004.0, 24094.0, 24073.0, 23956.0, 24079.0, 24038.0, 24050.0, 24059.0, 24139.0, 24085.0, 24025.0, 24125.0, 24053.0, 24013.0, 24133.0, 24050.0, 24119.0, 24158.0, 24075.0, 24097.0, 24112.0, 24107.0, 24011.0, 24005.0, 24074.0, 24081.0, 23994.0, 24085.0, 24071.0, 24101.0, 24105.0, 24175.0, 24097.0, 24084.0, 24091.0, 24098.0, 24067.0, 24040.0, 24007.0, 24087.0, 24090.0, 24077.0, 24165.0, 24127.0, 24098.0, 24063.0, 24070.0, 24068.0, 24128.0, 24104.0, 24024.0, 24103.0, 24017.0, 23989.0, 24088.0, 24015.0, 24052.0, 24177.0, 24143.0, 24220.0, 24128.0, 24127.0, 24142.0, 24073.0, 24018.0, 24067.0, 24060.0, 24030.0, 24096.0, 23992.0, 23961.0, 23889.0, 24003.0, 23970.0, 23892.0, 24046.0, 23939.0, 23932.0, 24053.0, 24035.0, 23978.0, 24056.0, 24107.0, 24048.0, 24074.0, 24133.0, 24044.0, 24142.0, 24136.0, 24114.0, 24079.0, 24033.0, 24058.0, 24024.0, 24142.0, 24093.0, 24012.0, 24141.0, 24069.0, 24094.0, 24143.0, 24141.0, 24026.0, 24108.0, 24111.0, 24056.0, 24000.0, 24070.0, 23980.0, 23988.0, 23942.0, 24011.0, 24012.0, 23961.0, 24034.0, 24061.0, 24040.0, 24142.0, 24127.0, 24041.0, 24060.0, 24146.0, 24107.0, 24049.0, 24128.0, 24071.0, 24042.0, 24082.0, 24007.0, 24001.0, 23962.0, 24037.0, 24007.0, 23951.0, 23989.0, 24053.0, 24066.0, 24090.0, 24170.0, 24062.0, 24023.0, 24109.0, 24121.0, 24030.0, 24101.0, 24086.0, 24006.0, 24026.0, 24058.0, 24085.0, 24033.0, 24144.0, 24076.0, 24135.0, 24087.0, 24176.0, 24121.0, 24134.0, 24142.0, 24217.0, 24177.0, 24091.0, 24102.0, 24088.0, 24028.0, 23939.0, 24075.0, 24023.0, 23932.0, 24047.0, 24025.0, 23969.0, 23907.0, 24037.0, 24007.0, 23978.0, 23995.0, 24022.0, 23932.0, 23897.0, 23984.0, 23953.0, 23904.0, 24005.0, 23919.0, 23966.0, 24039.0, 24052.0, 24012.0, 23990.0, 24076.0, 24070.0, 24060.0, 24146.0, 24128.0, 24083.0, 24179.0, 24090.0, 24083.0, 24043.0, 24162.0, 24083.0, 24093.0, 24154.0, 24091.0, 24068.0, 24165.0, 24080.0, 24090.0, 24161.0, 24170.0, 24101.0, 24105.0, 24105.0, 24041.0, 24000.0, 24110.0, 24087.0, 24020.0, 24080.0, 24009.0, 23977.0, 24079.0, 24013.0, 24018.0, 24094.0, 24044.0]}, "slices": {}}}