{"AcquisitionMatrixPE": 96, "AcquisitionNumber": 1, "AcquisitionTime": "07:31:29.925000", "BandwidthPerPixelPhaseEncode": 33.602, "BaseResolution": 96, "BodyPartExamined": "BRAIN", "ConsistencyInfo": "N4_VD11D_LATEST_20110129", "ConversionSoftware": "dcm2niix", "ConversionSoftwareVersion": "v1.0.20210317", "DerivedVendorReportedEchoSpacing": 0.000620003, "DeviceSerialNumber": "45239", "DwellTime": 2.6e-06, "EchoTime": 0.03, "EchoTrainLength": 48, "EffectiveEchoSpacing": 0.000310001, "FlipAngle": 63, "ImageComments": "Unaliased MB4/PE3", "ImageOrientationPatientDICOM": [0.999455, 0.0070666, 0.0322495, 0.0144873, 0.783878, -0.620746], "ImageType": ["ORIGINAL", "PRIMARY", "M", "ND", "NORM", "MOSAIC"], "ImagingFrequency": 123.193, "InPlanePhaseEncodingDirectionDICOM": "COL", "InstitutionAddress": "E 24th St. 100,Austin,Southmiddle,US,78712", "InstitutionName": "Univ of Texas at Austin", "InstitutionalDepartmentName": "IRC", "MRAcquisitionType": "2D", "MagneticFieldStrength": 3, "Manufacturer": "Siemens", "ManufacturersModelName": "Skyra", "Modality": "MR", "MultibandAccelerationFactor": 4, "ParallelReductionFactorInPlane": 2, "PartialFourier": 1, "PatientPosition": "HFS", "PercentPhaseFOV": 100, "PercentSampling": 100, "PhaseEncodingDirection": "j-", "PhaseEncodingSteps": 96, "PhaseResolution": 1, "PixelBandwidth": 2005, "ProcedureStepDescription": "Poldrack2^self-scanning", "ProtocolName": "Resting State fMRI MBEPI_matrix96_BW2004", "PulseSequenceDetails": "%CustomerSeq%\\cmrr_mbep2d_bold", "ReceiveCoilActiveElements": "HEA;HEP", "ReceiveCoilName": "Head_32", "ReconMatrixPE": 96, "RefLinesPE": 94, "RepetitionTime": 1.16, "SAR": 0.0926935, "ScanOptions": "FS", "ScanningSequence": "EP", "SequenceName": "epfid2d1_96", "SequenceVariant": "SK", "SeriesDescription": "Resting State fMRI MBEPI_matrix96_BW2004", "SeriesNumber": 11, "ShimSetting": [-2770, 8052, -15506, 130, -192, -17, 50, -51], "SliceThickness": 2, "SliceTiming": [0, 0.4975, 0.995, 0.355, 0.8525, 0.2125, 0.71, 0.07, 0.5675, 1.0675, 0.4275, 0.925, 0.285, 0.7825, 0.1425, 0.64, 0, 0.4975, 0.995, 0.355, 0.8525, 0.2125, 0.71, 0.07, 0.5675, 1.0675, 0.4275, 0.925, 0.285, 0.7825, 0.1425, 0.64, 0, 0.4975, 0.995, 0.355, 0.8525, 0.2125, 0.71, 0.07, 0.5675, 1.0675, 0.4275, 0.925, 0.285, 0.7825, 0.1425, 0.64, 0, 0.4975, 0.995, 0.355, 0.8525, 0.2125, 0.71, 0.07, 0.5675, 1.0675, 0.4275, 0.925, 0.285, 0.7825, 0.1425, 0.64], "SoftwareVersions": "syngo MR D11", "SpacingBetweenSlices": 2.4, "StationName": "AWP45239", "TaskName": "Resting fmri", "TotalReadoutTime": 0.0294501, "TxRefAmp": 337.228, "WipMemBlock": "2b8d8562-5d73-4dc6-a54b-f7bfe9c2454e||Sequence: VD11D r195; Nov 21 2012 15:36:10 by eja", "dcmmeta_affine": [[-2.3945271968841553, 0.03470909595489502, 0.0711989551782608, 115.08151245117188], [-0.016930386424064636, 1.8780415058135986, -1.4900985956192017, -55.717498779296875], [0.07726439833641052, 1.4872028827667236, 1.880036473274231, -108.568115234375], [0.0, 0.0, 0.0, 1.0]], "dcmmeta_reorient_transform": [[0.0, -1.0, 0.0, 95.0], [1.0, 0.0, 0.0, 0.0], [0.0, 0.0, 1.0, 0.0], [0.0, 0.0, 0.0, 1.0]], "dcmmeta_shape": [96, 96, 64, 518], "dcmmeta_slice_dim": 2, "dcmmeta_version": 0.6, "global": {"const": {"AcquisitionMatrix": [96, 0, 0, 96], "AngioFlag": "N", "BitsAllocated": 16, "BitsStored": 16, "BodyPartExamined": "BRAIN", "Columns": 768, "EchoNumbers": 1, "EchoTime": 30.0, "EchoTrainLength": 48, "FlipAngle": 63.0, "HighBit": 15, "ImageOrientationPatient": [0.99945486820444, 0.00706659609742, 0.03224949057019, 0.01448727494415, 0.78387821934133, -0.6207455647099], "ImagePositionPatient": [-934.602274549, -759.40700094203, 506.45547852539], "ImageType": ["ORIGINAL", "PRIMARY", "M", "ND", "NORM", "MOSAIC"], "ImagedNucleus": "1H", "ImagingFrequency": 123.193424, "InPlanePhaseEncodingDirection": "COL", "MRAcquisitionType": "2D", "MagneticFieldStrength": 3.0, "Manufacturer": "SIEMENS", "ManufacturerModelName": "Skyra", "Modality": "MR", "NumberOfAverages": 1.0, "NumberOfPhaseEncodingSteps": 96, "PercentPhaseFieldOfView": 100.0, "PercentSampling": 100.0, "PerformedProcedureStepStartTime": "071321.625000", "PhotometricInterpretation": "MONOCHROME2", "PixelBandwidth": 2005.0, "PixelRepresentation": 0, "PixelSpacing": [2.3958332538605, 2.3958332538605], "ProtocolName": "Resting State fMRI MBEPI_matrix96_BW2004", "RepetitionTime": 1160.0, "Rows": 768, "SAR": 0.09269353051461, "SamplesPerPixel": 1, "ScanOptions": "FS", "ScanningSequence": "EP", "SequenceName": "epfid2d1_96", "SequenceVariant": "SK", "SeriesDescription": "Resting State fMRI MBEPI_matrix96_BW2004", "SeriesNumber": 11, "SeriesTime": "073212.812000", "SliceLocation": -47.03907346357, "SliceThickness": 2.0, "SmallestImagePixelValue": 0, "SoftwareVersions": "syngo MR D11", "SpacingBetweenSlices": 2.4000000265551, "SpecificCharacterSet": "ISO_IR 100", "StudyID": "1", "StudyTime": "071321.593000", "TransmitCoilName": "Body", "VariableFlipAngleFlag": "N", "WindowCenterWidthExplanation": "Algo1", "dBdt": 0.0}, "slices": {}}, "time": {"samples": {"AcquisitionNumber": [1, 2, 3, 4, 5, 6, 7, 8, 9, 10, 11, 12, 13, 14, 15, 16, 17, 18, 19, 20, 21, 22, 23, 24, 25, 26, 27, 28, 29, 30, 31, 32, 33, 34, 35, 36, 37, 38, 39, 40, 41, 42, 43, 44, 45, 46, 47, 48, 49, 50, 51, 52, 53, 54, 55, 56, 57, 58, 59, 60, 61, 62, 63, 64, 65, 66, 67, 68, 69, 70, 71, 72, 73, 74, 75, 76, 77, 78, 79, 80, 81, 82, 83, 84, 85, 86, 87, 88, 89, 90, 91, 92, 93, 94, 95, 96, 97, 98, 99, 100, 101, 102, 103, 104, 105, 106, 107, 108, 109, 110, 111, 112, 113, 114, 115, 116, 117, 118, 119, 120, 121, 122, 123, 124, 125, 126, 127, 128, 129, 130, 131, 132, 133, 134, 135, 136, 137, 138, 139, 140, 141, 142, 143, 144, 145, 146, 147, 148, 149, 150, 151, 152, 153, 154, 155, 156, 157, 158, 159, 160, 161, 162, 163, 164, 165, 166, 167, 168, 169, 170, 171, 172, 173, 174, 175, 176, 177, 178, 179, 180, 181, 182, 183, 184, 185, 186, 187, 188, 189, 190, 191, 192, 193, 194, 195, 196, 197, 198, 199, 200, 201, 202, 203, 204, 205, 206, 207, 208, 209, 210, 211, 212, 213, 214, 215, 216, 217, 218, 219, 220, 221, 222, 223, 224, 225, 226, 227, 228, 229, 230, 231, 232, 233, 234, 235, 236, 237, 238, 239, 240, 241, 242, 243, 244, 245, 246, 247, 248, 249, 250, 251, 252, 253, 254, 255, 256, 257, 258, 259, 260, 261, 262, 263, 264, 265, 266, 267, 268, 269, 270, 271, 272, 273, 274, 275, 276, 277, 278, 279, 280, 281, 282, 283, 284, 285, 286, 287, 288, 289, 290, 291, 292, 293, 294, 295, 296, 297, 298, 299, 300, 301, 302, 303, 304, 305, 306, 307, 308, 309, 310, 311, 312, 313, 314, 315, 316, 317, 318, 319, 320, 321, 322, 323, 324, 325, 326, 327, 328, 329, 330, 331, 332, 333, 334, 335, 336, 337, 338, 339, 340, 341, 342, 343, 344, 345, 346, 347, 348, 349, 350, 351, 352, 353, 354, 355, 356, 357, 358, 359, 360, 361, 362, 363, 364, 365, 366, 367, 368, 369, 370, 371, 372, 373, 374, 375, 376, 377, 378, 379, 380, 381, 382, 383, 384, 385, 386, 387, 388, 389, 390, 391, 392, 393, 394, 395, 396, 397, 398, 399, 400, 401, 402, 403, 404, 405, 406, 407, 408, 409, 410, 411, 412, 413, 414, 415, 416, 417, 418, 419, 420, 421, 422, 423, 424, 425, 426, 427, 428, 429, 430, 431, 432, 433, 434, 435, 436, 437, 438, 439, 440, 441, 442, 443, 444, 445, 446, 447, 448, 449, 450, 451, 452, 453, 454, 455, 456, 457, 458, 459, 460, 461, 462, 463, 464, 465, 466, 467, 468, 469, 470, 471, 472, 473, 474, 475, 476, 477, 478, 479, 480, 481, 482, 483, 484, 485, 486, 487, 488, 489, 490, 491, 492, 493, 494, 495, 496, 497, 498, 499, 500, 501, 502, 503, 504, 505, 506, 507, 508, 509, 510, 511, 512, 513, 514, 515, 516, 517, 518], "AcquisitionTime": ["073129.925000", "073158.925000", "073200.085000", "073201.245000", "073202.405000", "073203.565000", "073204.725000", "073205.885000", "073207.045000", "073208.205000", "073209.365000", "073210.525000", "073211.685000", "073212.845000", "073214.005000", "073215.165000", "073216.325000", "073217.485000", "073218.645000", "073219.805000", "073220.965000", "073222.125000", "073223.285000", "073224.445000", "073225.605000", "073226.765000", "073227.925000", "073229.085000", "073230.245000", "073231.405000", "073232.565000", "073233.725000", "073234.885000", "073236.045000", "073237.205000", "073238.365000", "073239.525000", "073240.685000", "073241.845000", "073243.005000", "073244.165000", "073245.325000", "073246.485000", "073247.645000", "073248.805000", "073249.965000", "073251.125000", "073252.285000", "073253.445000", "073254.605000", "073255.765000", "073256.925000", "073258.085000", "073259.245000", "073300.405000", "073301.565000", "073302.725000", "073303.885000", "073305.045000", "073306.205000", "073307.365000", "073308.525000", "073309.685000", "073310.845000", "073312.005000", "073313.165000", "073314.325000", "073315.485000", "073316.645000", "073317.805000", "073318.965000", "073320.125000", "073321.285000", "073322.445000", "073323.605000", "073324.765000", "073325.925000", "073327.085000", "073328.245000", "073329.405000", "073330.565000", "073331.725000", "073332.885000", "073334.045000", "073335.205000", "073336.365000", "073337.525000", "073338.685000", "073339.845000", "073341.005000", "073342.165000", "073343.325000", "073344.485000", "073345.645000", "073346.805000", "073347.965000", "073349.125000", "073350.285000", "073351.445000", "073352.605000", "073353.765000", "073354.925000", "073356.085000", "073357.245000", "073358.405000", "073359.565000", "073400.725000", "073401.885000", "073403.045000", "073404.205000", "073405.365000", "073406.525000", "073407.685000", "073408.845000", "073410.005000", "073411.165000", "073412.325000", "073413.485000", "073414.645000", "073415.805000", "073416.965000", "073418.125000", "073419.285000", "073420.445000", "073421.605000", "073422.765000", "073423.925000", "073425.085000", "073426.245000", "073427.405000", "073428.565000", "073429.725000", "073430.885000", "073432.045000", "073433.205000", "073434.365000", "073435.525000", "073436.685000", "073437.845000", "073439.005000", "073440.165000", "073441.325000", "073442.485000", "073443.645000", "073444.805000", "073445.965000", "073447.125000", "073448.285000", "073449.445000", "073450.605000", "073451.765000", "073452.925000", "073454.085000", "073455.245000", "073456.405000", "073457.565000", "073458.725000", "073459.885000", "073501.045000", "073502.205000", "073503.365000", "073504.525000", "073505.685000", "073506.845000", "073508.005000", "073509.165000", "073510.325000", "073511.485000", "073512.645000", "073513.805000", "073514.965000", "073516.125000", "073517.285000", "073518.445000", "073519.605000", "073520.765000", "073521.925000", "073523.085000", "073524.245000", "073525.405000", "073526.565000", "073527.725000", "073528.885000", "073530.045000", "073531.205000", "073532.365000", "073533.525000", "073534.685000", "073535.845000", "073537.005000", "073538.165000", "073539.325000", "073540.485000", "073541.645000", "073542.805000", "073543.965000", "073545.125000", "073546.285000", "073547.445000", "073548.605000", "073549.765000", "073550.925000", "073552.085000", "073553.245000", "073554.405000", "073555.565000", "073556.725000", "073557.885000", "073559.045000", "073600.205000", "073601.365000", "073602.525000", "073603.685000", "073604.845000", "073606.005000", "073607.165000", "073608.325000", "073609.485000", "073610.645000", "073611.805000", "073612.965000", "073614.125000", "073615.285000", "073616.445000", "073617.605000", "073618.765000", "073619.925000", "073621.085000", "073622.245000", "073623.405000", "073624.565000", "073625.727500", "073626.887500", "073628.047500", "073629.207500", "073630.367500", "073631.527500", "073632.687500", "073633.847500", "073635.007500", "073636.167500", "073637.327500", "073638.487500", "073639.647500", "073640.807500", "073641.967500", "073643.127500", "073644.287500", "073645.447500", "073646.607500", "073647.767500", "073648.927500", "073650.087500", "073651.247500", "073652.407500", "073653.567500", "073654.727500", "073655.887500", "073657.047500", "073658.207500", "073659.367500", "073700.527500", "073701.687500", "073702.847500", "073704.007500", "073705.167500", "073706.327500", "073707.487500", "073708.647500", "073709.807500", "073710.967500", "073712.127500", "073713.287500", "073714.447500", "073715.607500", "073716.767500", "073717.927500", "073719.087500", "073720.247500", "073721.407500", "073722.567500", "073723.727500", "073724.887500", "073726.047500", "073727.207500", "073728.367500", "073729.527500", "073730.687500", "073731.847500", "073733.007500", "073734.167500", "073735.327500", "073736.487500", "073737.647500", "073738.807500", "073739.967500", "073741.127500", "073742.287500", "073743.447500", "073744.607500", "073745.767500", "073746.927500", "073748.087500", "073749.247500", "073750.407500", "073751.567500", "073752.727500", "073753.887500", "073755.047500", "073756.207500", "073757.367500", "073758.527500", "073759.687500", "073800.847500", "073802.007500", "073803.167500", "073804.327500", "073805.487500", "073806.647500", "073807.807500", "073808.967500", "073810.127500", "073811.287500", "073812.447500", "073813.607500", "073814.767500", "073815.927500", "073817.087500", "073818.247500", "073819.407500", "073820.567500", "073821.727500", "073822.887500", "073824.047500", "073825.207500", "073826.367500", "073827.527500", "073828.687500", "073829.847500", "073831.007500", "073832.167500", "073833.327500", "073834.487500", "073835.647500", "073836.807500", "073837.967500", "073839.127500", "073840.287500", "073841.447500", "073842.607500", "073843.767500", "073844.927500", "073846.087500", "073847.247500", "073848.407500", "073849.567500", "073850.727500", "073851.887500", "073853.047500", "073854.207500", "073855.367500", "073856.527500", "073857.687500", "073858.847500", "073900.007500", "073901.167500", "073902.327500", "073903.487500", "073904.647500", "073905.807500", "073906.967500", "073908.127500", "073909.287500", "073910.447500", "073911.607500", "073912.767500", "073913.927500", "073915.087500", "073916.247500", "073917.407500", "073918.567500", "073919.727500", "073920.887500", "073922.047500", "073923.207500", "073924.367500", "073925.527500", "073926.687500", "073927.847500", "073929.007500", "073930.167500", "073931.327500", "073932.487500", "073933.647500", "073934.807500", "073935.967500", "073937.127500", "073938.287500", "073939.447500", "073940.607500", "073941.767500", "073942.927500", "073944.087500", "073945.247500", "073946.407500", "073947.567500", "073948.727500", "073949.887500", "073951.047500", "073952.207500", "073953.367500", "073954.527500", "073955.687500", "073956.847500", "073958.007500", "073959.167500", "074000.327500", "074001.487500", "074002.647500", "074003.807500", "074004.967500", "074006.127500", "074007.287500", "074008.447500", "074009.607500", "074010.767500", "074011.927500", "074013.087500", "074014.247500", "074015.407500", "074016.567500", "074017.727500", "074018.887500", "074020.047500", "074021.207500", "074022.367500", "074023.527500", "074024.687500", "074025.847500", "074027.007500", "074028.167500", "074029.327500", "074030.487500", "074031.647500", "074032.807500", "074033.967500", "074035.127500", "074036.287500", "074037.447500", "074038.607500", "074039.767500", "074040.927500", "074042.087500", "074043.247500", "074044.407500", "074045.567500", "074046.727500", "074047.887500", "074049.047500", "074050.207500", "074051.367500", "074052.527500", "074053.687500", "074054.847500", "074056.007500", "074057.167500", "074058.327500", "074059.487500", "074100.647500", "074101.807500", "074102.967500", "074104.127500", "074105.287500", "074106.447500", "074107.607500", "074108.767500", "074109.927500", "074111.087500", "074112.247500", "074113.407500", "074114.567500", "074115.730000", "074116.890000", "074118.050000", "074119.210000", "074120.370000", "074121.530000", "074122.690000", "074123.850000", "074125.010000", "074126.170000", "074127.330000", "074128.490000", "074129.650000", "074130.810000", "074131.970000", "074133.130000", "074134.290000", "074135.450000", "074136.610000", "074137.770000", "074138.930000", "074140.090000", "074141.250000", "074142.410000", "074143.570000", "074144.730000", "074145.890000", "074147.050000", "074148.210000", "074149.370000", "074150.530000", "074151.690000", "074152.850000", "074154.010000", "074155.170000", "074156.330000", "074157.490000"], "ContentTime": ["073212.812000", "073221.171000", "073221.187000", "073221.187000", "073221.187000", "073221.187000", "073221.187000", "073221.203000", "073226.171000", "073226.187000", "073226.187000", "073226.187000", "073231.171000", "073231.187000", "073231.187000", "073231.187000", "073236.171000", "073236.187000", "073236.187000", "073236.187000", "073241.171000", "073241.187000", "073241.187000", "073241.187000", "073246.171000", "073246.187000", "073246.187000", "073246.187000", "073251.171000", "073251.187000", "073251.187000", "073251.187000", "073256.171000", "073256.187000", "073256.187000", "073256.187000", "073301.171000", "073301.187000", "073301.187000", "073301.187000", "073306.171000", "073306.187000", "073306.187000", "073311.171000", "073311.187000", "073311.187000", "073311.187000", "073311.203000", "073316.187000", "073316.187000", "073316.187000", "073316.203000", "073321.171000", "073321.187000", "073321.187000", "073321.187000", "073326.187000", "073326.187000", "073326.187000", "073326.187000", "073331.171000", "073331.187000", "073331.187000", "073336.187000", "073336.187000", "073336.187000", "073336.187000", "073341.171000", "073341.187000", "073341.187000", "073341.203000", "073346.171000", "073346.187000", "073346.187000", "073346.187000", "073351.171000", "073351.187000", "073351.187000", "073351.187000", "073351.203000", "073356.171000", "073356.187000", "073356.187000", "073356.203000", "073401.171000", "073401.187000", "073401.187000", "073401.187000", "073406.171000", "073406.187000", "073406.187000", "073406.187000", "073411.171000", "073411.187000", "073411.187000", "073411.187000", "073416.171000", "073416.187000", "073416.187000", "073416.187000", "073421.171000", "073421.187000", "073421.187000", "073421.187000", "073426.171000", "073426.187000", "073426.187000", "073426.187000", "073431.187000", "073431.187000", "073431.187000", "073431.187000", "073436.171000", "073436.187000", "073436.187000", "073441.187000", "073441.187000", "073441.187000", "073441.203000", "073446.171000", "073446.187000", "073446.187000", "073446.203000", "073451.171000", "073451.187000", "073451.187000", "073451.187000", "073456.171000", "073456.187000", "073456.187000", "073456.187000", "073501.171000", "073501.187000", "073501.187000", "073501.187000", "073506.171000", "073506.187000", "073506.187000", "073506.187000", "073511.171000", "073511.187000", "073511.187000", "073511.203000", "073516.171000", "073516.187000", "073516.187000", "073516.187000", "073521.171000", "073521.187000", "073521.187000", "073521.187000", "073526.171000", "073526.187000", "073526.187000", "073526.187000", "073531.171000", "073531.187000", "073531.187000", "073531.187000", "073536.171000", "073536.187000", "073536.187000", "073536.187000", "073541.171000", "073541.187000", "073541.187000", "073541.187000", "073546.187000", "073546.187000", "073546.187000", "073546.203000", "073551.187000", "073551.187000", "073551.187000", "073551.187000", "073556.187000", "073556.187000", "073556.187000", "073601.187000", "073601.187000", "073601.187000", "073601.187000", "073606.171000", "073606.187000", "073606.187000", "073606.203000", "073611.171000", "073611.187000", "073611.187000", "073611.203000", "073616.187000", "073616.187000", "073616.187000", "073616.203000", "073621.187000", "073621.187000", "073621.187000", "073621.187000", "073626.171000", "073626.203000", "073626.203000", "073626.203000", "073631.171000", "073631.187000", "073631.187000", "073631.203000", "073636.171000", "073636.187000", "073636.203000", "073636.203000", "073641.171000", "073641.187000", "073641.187000", "073641.187000", "073646.171000", "073646.187000", "073646.187000", "073651.171000", "073651.187000", "073651.187000", "073651.187000", "073651.203000", "073656.171000", "073656.187000", "073656.187000", "073656.203000", "073701.171000", "073701.187000", "073701.187000", "073706.171000", "073706.187000", "073706.187000", "073706.187000", "073706.187000", "073711.171000", "073711.187000", "073711.187000", "073711.187000", "073716.171000", "073716.187000", "073716.187000", "073716.187000", "073721.171000", "073721.187000", "073721.187000", "073721.187000", "073726.171000", "073726.187000", "073726.187000", "073726.187000", "073731.171000", "073731.187000", "073731.187000", "073736.171000", "073736.187000", "073736.187000", "073736.187000", "073741.171000", "073741.187000", "073741.187000", "073741.187000", "073746.171000", "073746.187000", "073746.187000", "073746.187000", "073751.171000", "073751.187000", "073751.187000", "073751.187000", "073756.171000", "073756.187000", "073756.187000", "073756.187000", "073801.171000", "073801.187000", "073801.187000", "073801.187000", "073806.171000", "073806.187000", "073806.187000", "073806.187000", "073811.171000", "073811.187000", "073811.187000", "073811.187000", "073816.171000", "073816.187000", "073816.187000", "073816.187000", "073821.171000", "073821.187000", "073821.187000", "073821.187000", "073826.171000", "073826.187000", "073826.187000", "073826.187000", "073831.171000", "073831.187000", "073831.187000", "073831.187000", "073836.171000", "073836.187000", "073836.187000", "073836.187000", "073841.171000", "073841.187000", "073841.187000", "073841.187000", "073846.171000", "073846.187000", "073846.187000", "073846.187000", "073851.171000", "073851.187000", "073851.187000", "073851.187000", "073856.171000", "073856.187000", "073856.187000", "073856.187000", "073901.171000", "073901.187000", "073901.203000", "073901.203000", "073906.171000", "073906.187000", "073906.187000", "073906.187000", "073906.187000", "073911.171000", "073911.187000", "073911.187000", "073911.187000", "073916.171000", "073916.187000", "073916.187000", "073916.187000", "073921.171000", "073921.187000", "073921.187000", "073921.187000", "073926.171000", "073926.187000", "073926.187000", "073926.203000", "073931.171000", "073931.187000", "073931.187000", "073931.187000", "073936.171000", "073936.187000", "073936.187000", "073936.187000", "073941.171000", "073941.187000", "073941.187000", "073941.187000", "073946.171000", "073946.187000", "073946.187000", "073946.187000", "073951.171000", "073951.187000", "073951.187000", "073951.187000", "073956.187000", "073956.187000", "073956.187000", "073956.187000", "074001.171000", "074001.187000", "074001.187000", "074001.187000", "074001.187000", "074006.171000", "074006.187000", "074006.187000", "074006.187000", "074011.171000", "074011.187000", "074011.187000", "074011.187000", "074016.171000", "074016.187000", "074016.187000", "074016.187000", "074021.171000", "074021.187000", "074021.187000", "074021.187000", "074026.171000", "074026.187000", "074026.187000", "074026.187000", "074031.171000", "074031.187000", "074031.187000", "074031.187000", "074036.171000", "074036.187000", "074036.187000", "074036.187000", "074041.171000", "074041.187000", "074041.187000", "074041.187000", "074041.203000", "074046.171000", "074046.187000", "074046.187000", "074046.203000", "074051.171000", "074051.187000", "074051.187000", "074056.171000", "074056.187000", "074056.187000", "074056.187000", "074101.171000", "074101.187000", "074101.187000", "074101.187000", "074101.203000", "074106.171000", "074106.187000", "074106.187000", "074111.171000", "074111.187000", "074111.187000", "074111.187000", "074111.203000", "074116.171000", "074116.187000", "074116.187000", "074116.187000", "074121.171000", "074121.218000", "074121.218000", "074126.171000", "074126.187000", "074126.187000", "074126.187000", "074126.203000", "074131.171000", "074131.187000", "074131.187000", "074131.203000", "074136.171000", "074136.187000", "074136.187000", "074136.187000", "074141.171000", "074141.187000", "074141.187000", "074141.187000", "074146.171000", "074146.187000", "074146.187000", "074146.187000", "074151.171000", "074151.187000", "074151.187000", "074151.187000", "074156.171000", "074156.187000", "074156.187000", "074156.187000", "074201.171000", "074201.187000", "074201.187000", "074201.187000", "074201.187000", "074206.171000", "074206.187000", "074206.187000", "074206.187000", "074211.187000", "074211.187000", "074211.187000", "074211.187000", "074216.171000", "074216.187000", "074216.187000", "074216.203000", "074216.203000", "074221.171000", "074221.187000", "074221.187000", "074221.187000", "074226.171000", "074226.187000", "074226.187000", "074226.187000", "074231.171000", "074231.187000", "074231.187000", "074231.187000", "074231.187000", "074236.171000", "074236.187000", "074236.187000", "074236.187000", "074241.171000", "074241.187000", "074241.187000", "074241.203000", "074241.203000", "074246.171000", "074246.187000", "074246.187000", "074246.187000", "074251.171000", "074251.187000", "074251.187000", "074251.187000", "074251.187000", "074252.015000"], "InstanceCreationTime": ["073212.812000", "073221.171000", "073221.187000", "073221.187000", "073221.187000", "073221.187000", "073221.187000", "073221.203000", "073226.171000", "073226.187000", "073226.187000", "073226.187000", "073231.171000", "073231.187000", "073231.187000", "073231.187000", "073236.171000", "073236.187000", "073236.187000", "073236.187000", "073241.171000", "073241.187000", "073241.187000", "073241.187000", "073246.171000", "073246.187000", "073246.187000", "073246.187000", "073251.171000", "073251.187000", "073251.187000", "073251.187000", "073256.171000", "073256.187000", "073256.187000", "073256.187000", "073301.171000", "073301.187000", "073301.187000", "073301.187000", "073306.171000", "073306.187000", "073306.187000", "073311.171000", "073311.187000", "073311.187000", "073311.187000", "073311.203000", "073316.187000", "073316.187000", "073316.187000", "073316.203000", "073321.171000", "073321.187000", "073321.187000", "073321.187000", "073326.187000", "073326.187000", "073326.187000", "073326.187000", "073331.171000", "073331.187000", "073331.187000", "073336.187000", "073336.187000", "073336.187000", "073336.187000", "073341.171000", "073341.187000", "073341.187000", "073341.203000", "073346.171000", "073346.187000", "073346.187000", "073346.187000", "073351.171000", "073351.187000", "073351.187000", "073351.187000", "073351.203000", "073356.171000", "073356.187000", "073356.187000", "073356.203000", "073401.171000", "073401.187000", "073401.187000", "073401.187000", "073406.171000", "073406.187000", "073406.187000", "073406.187000", "073411.171000", "073411.187000", "073411.187000", "073411.187000", "073416.171000", "073416.187000", "073416.187000", "073416.187000", "073421.171000", "073421.187000", "073421.187000", "073421.187000", "073426.171000", "073426.187000", "073426.187000", "073426.187000", "073431.187000", "073431.187000", "073431.187000", "073431.187000", "073436.171000", "073436.187000", "073436.187000", "073441.187000", "073441.187000", "073441.187000", "073441.203000", "073446.171000", "073446.187000", "073446.187000", "073446.203000", "073451.171000", "073451.187000", "073451.187000", "073451.187000", "073456.171000", "073456.187000", "073456.187000", "073456.187000", "073501.171000", "073501.187000", "073501.187000", "073501.187000", "073506.171000", "073506.187000", "073506.187000", "073506.187000", "073511.171000", "073511.187000", "073511.187000", "073511.203000", "073516.171000", "073516.187000", "073516.187000", "073516.187000", "073521.171000", "073521.187000", "073521.187000", "073521.187000", "073526.171000", "073526.187000", "073526.187000", "073526.187000", "073531.171000", "073531.187000", "073531.187000", "073531.187000", "073536.171000", "073536.187000", "073536.187000", "073536.187000", "073541.171000", "073541.187000", "073541.187000", "073541.187000", "073546.187000", "073546.187000", "073546.187000", "073546.203000", "073551.187000", "073551.187000", "073551.187000", "073551.187000", "073556.187000", "073556.187000", "073556.187000", "073601.187000", "073601.187000", "073601.187000", "073601.187000", "073606.171000", "073606.187000", "073606.187000", "073606.203000", "073611.171000", "073611.187000", "073611.187000", "073611.203000", "073616.187000", "073616.187000", "073616.187000", "073616.203000", "073621.187000", "073621.187000", "073621.187000", "073621.187000", "073626.171000", "073626.203000", "073626.203000", "073626.203000", "073631.171000", "073631.187000", "073631.187000", "073631.203000", "073636.171000", "073636.187000", "073636.203000", "073636.203000", "073641.171000", "073641.187000", "073641.187000", "073641.187000", "073646.171000", "073646.187000", "073646.187000", "073651.171000", "073651.187000", "073651.187000", "073651.187000", "073651.203000", "073656.171000", "073656.187000", "073656.187000", "073656.203000", "073701.171000", "073701.187000", "073701.187000", "073706.171000", "073706.187000", "073706.187000", "073706.187000", "073706.187000", "073711.171000", "073711.187000", "073711.187000", "073711.187000", "073716.171000", "073716.187000", "073716.187000", "073716.187000", "073721.171000", "073721.187000", "073721.187000", "073721.187000", "073726.171000", "073726.187000", "073726.187000", "073726.187000", "073731.171000", "073731.187000", "073731.187000", "073736.171000", "073736.187000", "073736.187000", "073736.187000", "073741.171000", "073741.187000", "073741.187000", "073741.187000", "073746.171000", "073746.187000", "073746.187000", "073746.187000", "073751.171000", "073751.187000", "073751.187000", "073751.187000", "073756.171000", "073756.187000", "073756.187000", "073756.187000", "073801.171000", "073801.187000", "073801.187000", "073801.187000", "073806.171000", "073806.187000", "073806.187000", "073806.187000", "073811.171000", "073811.187000", "073811.187000", "073811.187000", "073816.171000", "073816.187000", "073816.187000", "073816.187000", "073821.171000", "073821.187000", "073821.187000", "073821.187000", "073826.171000", "073826.187000", "073826.187000", "073826.187000", "073831.171000", "073831.187000", "073831.187000", "073831.187000", "073836.171000", "073836.187000", "073836.187000", "073836.187000", "073841.171000", "073841.187000", "073841.187000", "073841.187000", "073846.171000", "073846.187000", "073846.187000", "073846.187000", "073851.171000", "073851.187000", "073851.187000", "073851.187000", "073856.171000", "073856.187000", "073856.187000", "073856.187000", "073901.171000", "073901.187000", "073901.203000", "073901.203000", "073906.171000", "073906.187000", "073906.187000", "073906.187000", "073906.187000", "073911.171000", "073911.187000", "073911.187000", "073911.187000", "073916.171000", "073916.187000", "073916.187000", "073916.187000", "073921.171000", "073921.187000", "073921.187000", "073921.187000", "073926.171000", "073926.187000", "073926.187000", "073926.203000", "073931.171000", "073931.187000", "073931.187000", "073931.187000", "073936.171000", "073936.187000", "073936.187000", "073936.187000", "073941.171000", "073941.187000", "073941.187000", "073941.187000", "073946.171000", "073946.187000", "073946.187000", "073946.187000", "073951.171000", "073951.187000", "073951.187000", "073951.187000", "073956.187000", "073956.187000", "073956.187000", "073956.187000", "074001.171000", "074001.187000", "074001.187000", "074001.187000", "074001.187000", "074006.171000", "074006.187000", "074006.187000", "074006.187000", "074011.171000", "074011.187000", "074011.187000", "074011.187000", "074016.171000", "074016.187000", "074016.187000", "074016.187000", "074021.171000", "074021.187000", "074021.187000", "074021.187000", "074026.171000", "074026.187000", "074026.187000", "074026.187000", "074031.171000", "074031.187000", "074031.187000", "074031.187000", "074036.171000", "074036.187000", "074036.187000", "074036.187000", "074041.171000", "074041.187000", "074041.187000", "074041.187000", "074041.203000", "074046.171000", "074046.187000", "074046.187000", "074046.203000", "074051.171000", "074051.187000", "074051.187000", "074056.171000", "074056.187000", "074056.187000", "074056.187000", "074101.171000", "074101.187000", "074101.187000", "074101.187000", "074101.203000", "074106.171000", "074106.187000", "074106.187000", "074111.171000", "074111.187000", "074111.187000", "074111.187000", "074111.203000", "074116.171000", "074116.187000", "074116.187000", "074116.187000", "074121.171000", "074121.218000", "074121.218000", "074126.171000", "074126.187000", "074126.187000", "074126.187000", "074126.203000", "074131.171000", "074131.187000", "074131.187000", "074131.203000", "074136.171000", "074136.187000", "074136.187000", "074136.187000", "074141.171000", "074141.187000", "074141.187000", "074141.187000", "074146.171000", "074146.187000", "074146.187000", "074146.187000", "074151.171000", "074151.187000", "074151.187000", "074151.187000", "074156.171000", "074156.187000", "074156.187000", "074156.187000", "074201.171000", "074201.187000", "074201.187000", "074201.187000", "074201.187000", "074206.171000", "074206.187000", "074206.187000", "074206.187000", "074211.187000", "074211.187000", "074211.187000", "074211.187000", "074216.171000", "074216.187000", "074216.187000", "074216.203000", "074216.203000", "074221.171000", "074221.187000", "074221.187000", "074221.187000", "074226.171000", "074226.187000", "074226.187000", "074226.187000", "074231.171000", "074231.187000", "074231.187000", "074231.187000", "074231.187000", "074236.171000", "074236.187000", "074236.187000", "074236.187000", "074241.171000", "074241.187000", "074241.187000", "074241.203000", "074241.203000", "074246.171000", "074246.187000", "074246.187000", "074246.187000", "074251.171000", "074251.187000", "074251.187000", "074251.187000", "074251.187000", "074252.015000"], "InstanceNumber": [1, 2, 3, 4, 5, 6, 7, 8, 9, 10, 11, 12, 13, 14, 15, 16, 17, 18, 19, 20, 21, 22, 23, 24, 25, 26, 27, 28, 29, 30, 31, 32, 33, 34, 35, 36, 37, 38, 39, 40, 41, 42, 43, 44, 45, 46, 47, 48, 49, 50, 51, 52, 53, 54, 55, 56, 57, 58, 59, 60, 61, 62, 63, 64, 65, 66, 67, 68, 69, 70, 71, 72, 73, 74, 75, 76, 77, 78, 79, 80, 81, 82, 83, 84, 85, 86, 87, 88, 89, 90, 91, 92, 93, 94, 95, 96, 97, 98, 99, 100, 101, 102, 103, 104, 105, 106, 107, 108, 109, 110, 111, 112, 113, 114, 115, 116, 117, 118, 119, 120, 121, 122, 123, 124, 125, 126, 127, 128, 129, 130, 131, 132, 133, 134, 135, 136, 137, 138, 139, 140, 141, 142, 143, 144, 145, 146, 147, 148, 149, 150, 151, 152, 153, 154, 155, 156, 157, 158, 159, 160, 161, 162, 163, 164, 165, 166, 167, 168, 169, 170, 171, 172, 173, 174, 175, 176, 177, 178, 179, 180, 181, 182, 183, 184, 185, 186, 187, 188, 189, 190, 191, 192, 193, 194, 195, 196, 197, 198, 199, 200, 201, 202, 203, 204, 205, 206, 207, 208, 209, 210, 211, 212, 213, 214, 215, 216, 217, 218, 219, 220, 221, 222, 223, 224, 225, 226, 227, 228, 229, 230, 231, 232, 233, 234, 235, 236, 237, 238, 239, 240, 241, 242, 243, 244, 245, 246, 247, 248, 249, 250, 251, 252, 253, 254, 255, 256, 257, 258, 259, 260, 261, 262, 263, 264, 265, 266, 267, 268, 269, 270, 271, 272, 273, 274, 275, 276, 277, 278, 279, 280, 281, 282, 283, 284, 285, 286, 287, 288, 289, 290, 291, 292, 293, 294, 295, 296, 297, 298, 299, 300, 301, 302, 303, 304, 305, 306, 307, 308, 309, 310, 311, 312, 313, 314, 315, 316, 317, 318, 319, 320, 321, 322, 323, 324, 325, 326, 327, 328, 329, 330, 331, 332, 333, 334, 335, 336, 337, 338, 339, 340, 341, 342, 343, 344, 345, 346, 347, 348, 349, 350, 351, 352, 353, 354, 355, 356, 357, 358, 359, 360, 361, 362, 363, 364, 365, 366, 367, 368, 369, 370, 371, 372, 373, 374, 375, 376, 377, 378, 379, 380, 381, 382, 383, 384, 385, 386, 387, 388, 389, 390, 391, 392, 393, 394, 395, 396, 397, 398, 399, 400, 401, 402, 403, 404, 405, 406, 407, 408, 409, 410, 411, 412, 413, 414, 415, 416, 417, 418, 419, 420, 421, 422, 423, 424, 425, 426, 427, 428, 429, 430, 431, 432, 433, 434, 435, 436, 437, 438, 439, 440, 441, 442, 443, 444, 445, 446, 447, 448, 449, 450, 451, 452, 453, 454, 455, 456, 457, 458, 459, 460, 461, 462, 463, 464, 465, 466, 467, 468, 469, 470, 471, 472, 473, 474, 475, 476, 477, 478, 479, 480, 481, 482, 483, 484, 485, 486, 487, 488, 489, 490, 491, 492, 493, 494, 495, 496, 497, 498, 499, 500, 501, 502, 503, 504, 505, 506, 507, 508, 509, 510, 511, 512, 513, 514, 515, 516, 517, 518], "LargestImagePixelValue": [20828, 20530, 20094, 20331, 19678, 18998, 20028, 20753, 22500, 19124, 20271, 21108, 21681, 23547, 21312, 22938, 23489, 21273, 21879, 21139, 22707, 23165, 21960, 20906, 21848, 22755, 21060, 22155, 21732, 21564, 22182, 22310, 22308, 21931, 21425, 19930, 19792, 19365, 21481, 20941, 20370, 20337, 19659, 20142, 21805, 22195, 20995, 20368, 20606, 21176, 21605, 22273, 21852, 21743, 20662, 20571, 21947, 22127, 22893, 22472, 23274, 23291, 21582, 23873, 23154, 25485, 23069, 23681, 23911, 23161, 25112, 23856, 24761, 22645, 24378, 23465, 23815, 22288, 24065, 22188, 24902, 22648, 23590, 22696, 21210, 21326, 21158, 20710, 20879, 19234, 21013, 19515, 20626, 20177, 20698, 19708, 21384, 22476, 22184, 22298, 22579, 20534, 21024, 23303, 22121, 23358, 21348, 21580, 22489, 23283, 23266, 23218, 24389, 22473, 23487, 22387, 23740, 22949, 22594, 20470, 22387, 21086, 20502, 21364, 19635, 20074, 19872, 20472, 21773, 20614, 22356, 21339, 22828, 21653, 22271, 22307, 22562, 22385, 20872, 21265, 20608, 19430, 19802, 20573, 19462, 20463, 19754, 19191, 19912, 21039, 20978, 20147, 22361, 20714, 20614, 21957, 22303, 22709, 24385, 23070, 21892, 23124, 22657, 24284, 25178, 22575, 22787, 21892, 20811, 20109, 19622, 20269, 19147, 19736, 18840, 19712, 19646, 19607, 19100, 20011, 21327, 21410, 21931, 21617, 23517, 21843, 22509, 23511, 21861, 20285, 21073, 21098, 20709, 20823, 22125, 21449, 23160, 20979, 23091, 21621, 21979, 21141, 22105, 19428, 19177, 19309, 22919, 22380, 19338, 19938, 18983, 19092, 23538, 20606, 19037, 18856, 24613, 20384, 26717, 21293, 21419, 20239, 20211, 23837, 18869, 19552, 19719, 18620, 23039, 18687, 22410, 20205, 21855, 26042, 20064, 27646, 24069, 23813, 28051, 25216, 25127, 27396, 25637, 26025, 25966, 20786, 25761, 23281, 22529, 22041, 24599, 21039, 20029, 24405, 25351, 19862, 24664, 24994, 20209, 23357, 25210, 22454, 26574, 22562, 22908, 27939, 24977, 22947, 26918, 18618, 25568, 23542, 20605, 26286, 23879, 20461, 25508, 19036, 22940, 20302, 20681, 25150, 20630, 21573, 24707, 20316, 25202, 19300, 22722, 26166, 21315, 25880, 22724, 26296, 23962, 24660, 25289, 20286, 24786, 24638, 25919, 26077, 23035, 26226, 20310, 24211, 19599, 20569, 24112, 19627, 23414, 23426, 20217, 25754, 18580, 25853, 22443, 26036, 22399, 24523, 23540, 25216, 23600, 24313, 26801, 23019, 25316, 23624, 25525, 21198, 25797, 18541, 24025, 22940, 19360, 24402, 18163, 23833, 21914, 21470, 25630, 21784, 21743, 25070, 19551, 25485, 24015, 21527, 26035, 21940, 24514, 25166, 22568, 27156, 23118, 26564, 25910, 21834, 27382, 18800, 25937, 25018, 22093, 26532, 18429, 21080, 24135, 19260, 21369, 24466, 18752, 24654, 21120, 25095, 23715, 23639, 25993, 22056, 26235, 22929, 21543, 25174, 26051, 23592, 24043, 22014, 23748, 24146, 20990, 23360, 24862, 24883, 29097, 21298, 24642, 26031, 19474, 25107, 18198, 25075, 23433, 23281, 26090, 25068, 22681, 21263, 21386, 28061, 23494, 26780, 21284, 22870, 26430, 24348, 28381, 23811, 21971, 26071, 22534, 26646, 23876, 23917, 25214, 19637, 25151, 24924, 19804, 26975, 22859, 22417, 26290, 18428, 22913, 18359, 23057, 25005, 18378, 21050, 24399, 18231, 21451, 24379, 18713, 22469, 23921, 22866, 26899, 19732, 21946, 26124, 24928, 28064, 23989, 23804, 27579, 20001, 23958, 24640, 19293, 25585, 21883, 22331, 22522, 20522, 21617, 24432, 22346, 22110, 24396, 24392, 26624, 19925, 21579, 18963, 19526, 20271, 23042, 28467, 23955, 22696, 27225, 23977, 25267, 20213, 26762, 18302, 20435, 23131, 18612, 22962, 18253, 24810, 21913, 20892, 26465, 19863, 25591, 21292, 25744, 25191, 19655, 25569, 20421, 24663, 20467, 21144, 25554, 23381, 23963, 22845, 24076, 25181, 24380, 20712, 18336, 22881, 23175, 23491], "WindowCenter": [9025.0, 8996.0, 8991.0, 8996.0, 8991.0, 8986.0, 8994.0, 8980.0, 9005.0, 8971.0, 8994.0, 8997.0, 8999.0, 9040.0, 9013.0, 9034.0, 9031.0, 9021.0, 8991.0, 8994.0, 9010.0, 9013.0, 9016.0, 8993.0, 9007.0, 8989.0, 9009.0, 8991.0, 9003.0, 8995.0, 9010.0, 9033.0, 9022.0, 9010.0, 9015.0, 9010.0, 8986.0, 8979.0, 9004.0, 8995.0, 8963.0, 8995.0, 8982.0, 8986.0, 8994.0, 9003.0, 8977.0, 8990.0, 8991.0, 9008.0, 9011.0, 9027.0, 8998.0, 9002.0, 9002.0, 8984.0, 8988.0, 9002.0, 9001.0, 9008.0, 9010.0, 9026.0, 9014.0, 9052.0, 9016.0, 9051.0, 9008.0, 9022.0, 9028.0, 9032.0, 9024.0, 9018.0, 9038.0, 9010.0, 9017.0, 9006.0, 9018.0, 9014.0, 9015.0, 9013.0, 9041.0, 9026.0, 9015.0, 9002.0, 8993.0, 8984.0, 8964.0, 8987.0, 8989.0, 8952.0, 8997.0, 8984.0, 8974.0, 8975.0, 8985.0, 8980.0, 9000.0, 8999.0, 9000.0, 8992.0, 8998.0, 9000.0, 9007.0, 9025.0, 9025.0, 9028.0, 9020.0, 9012.0, 9033.0, 9034.0, 9030.0, 9010.0, 9014.0, 9015.0, 9022.0, 9019.0, 9026.0, 9014.0, 9011.0, 8992.0, 8984.0, 8979.0, 8968.0, 8976.0, 8950.0, 8961.0, 8963.0, 8954.0, 8981.0, 8978.0, 8977.0, 8981.0, 8999.0, 8997.0, 9010.0, 9009.0, 8999.0, 8997.0, 8969.0, 8980.0, 8984.0, 8970.0, 8976.0, 8975.0, 8966.0, 8980.0, 8973.0, 8954.0, 8967.0, 8980.0, 8989.0, 8986.0, 8991.0, 8985.0, 9005.0, 9032.0, 9029.0, 9019.0, 9007.0, 9024.0, 9002.0, 9020.0, 9026.0, 9036.0, 9036.0, 9008.0, 9012.0, 8979.0, 8990.0, 8952.0, 8960.0, 8966.0, 8954.0, 8946.0, 8941.0, 8950.0, 8961.0, 8957.0, 8949.0, 8949.0, 8984.0, 8985.0, 8995.0, 8989.0, 9010.0, 9009.0, 8997.0, 9000.0, 9006.0, 8989.0, 8970.0, 8975.0, 8992.0, 9002.0, 8995.0, 8984.0, 9008.0, 8976.0, 9000.0, 9009.0, 9023.0, 9014.0, 8984.0, 8990.0, 8986.0, 8994.0, 9002.0, 8988.0, 8966.0, 8976.0, 8969.0, 8954.0, 8991.0, 8987.0, 8969.0, 8990.0, 9022.0, 8991.0, 9021.0, 8995.0, 9009.0, 8993.0, 8994.0, 9012.0, 8980.0, 8970.0, 8964.0, 8949.0, 8977.0, 8944.0, 9001.0, 8998.0, 9004.0, 9018.0, 8990.0, 9044.0, 9016.0, 9035.0, 9043.0, 9010.0, 9015.0, 9024.0, 9026.0, 9022.0, 9021.0, 8973.0, 9006.0, 9000.0, 9009.0, 9008.0, 9012.0, 8973.0, 8958.0, 8982.0, 8996.0, 8978.0, 9012.0, 9007.0, 8979.0, 8979.0, 9018.0, 9002.0, 9013.0, 9007.0, 9010.0, 9031.0, 9015.0, 8999.0, 9012.0, 8972.0, 9021.0, 9004.0, 8976.0, 9014.0, 8986.0, 8957.0, 8999.0, 8956.0, 8966.0, 8982.0, 8986.0, 9003.0, 8966.0, 8967.0, 8994.0, 8970.0, 9004.0, 8965.0, 8971.0, 9003.0, 8985.0, 9016.0, 9009.0, 9023.0, 9001.0, 9018.0, 9026.0, 8993.0, 9038.0, 9029.0, 9023.0, 9006.0, 8999.0, 9018.0, 8984.0, 8992.0, 8964.0, 8957.0, 8985.0, 8954.0, 8977.0, 8988.0, 8970.0, 8997.0, 8957.0, 9013.0, 9006.0, 9015.0, 9004.0, 9006.0, 9001.0, 9006.0, 9017.0, 9004.0, 9021.0, 8996.0, 9006.0, 8997.0, 9004.0, 8971.0, 8987.0, 8951.0, 8991.0, 8984.0, 8954.0, 8996.0, 8962.0, 8989.0, 8975.0, 8980.0, 9013.0, 8994.0, 8984.0, 9000.0, 8955.0, 9007.0, 8993.0, 8978.0, 9003.0, 8996.0, 9018.0, 9016.0, 8975.0, 9024.0, 9010.0, 9027.0, 9017.0, 8994.0, 9008.0, 8959.0, 9007.0, 8997.0, 8979.0, 8991.0, 8943.0, 8965.0, 8975.0, 8953.0, 8971.0, 8970.0, 8945.0, 8984.0, 8959.0, 9007.0, 8991.0, 9002.0, 9002.0, 8982.0, 9002.0, 8999.0, 8995.0, 9008.0, 8998.0, 8987.0, 8996.0, 8992.0, 9008.0, 9012.0, 9023.0, 9032.0, 9047.0, 9023.0, 9038.0, 8972.0, 8998.0, 9019.0, 8958.0, 8991.0, 8934.0, 9001.0, 8995.0, 9007.0, 9015.0, 8996.0, 9001.0, 8990.0, 8990.0, 9014.0, 9000.0, 9022.0, 8984.0, 8986.0, 9022.0, 8998.0, 9006.0, 8976.0, 8973.0, 8989.0, 8976.0, 8991.0, 8973.0, 8987.0, 8989.0, 8973.0, 8986.0, 8980.0, 8962.0, 9009.0, 8981.0, 8967.0, 9001.0, 8943.0, 8937.0, 8916.0, 8983.0, 8980.0, 8938.0, 8954.0, 8974.0, 8944.0, 8960.0, 8982.0, 8951.0, 8979.0, 8993.0, 9008.0, 9022.0, 8987.0, 9010.0, 9028.0, 9025.0, 9029.0, 9006.0, 9001.0, 9021.0, 8970.0, 8986.0, 8989.0, 8958.0, 8994.0, 8974.0, 8977.0, 8978.0, 8984.0, 9006.0, 9026.0, 9016.0, 9008.0, 9020.0, 9000.0, 9017.0, 8974.0, 9006.0, 8995.0, 9006.0, 8994.0, 9018.0, 9025.0, 8985.0, 8985.0, 8996.0, 8989.0, 8973.0, 8939.0, 8977.0, 8931.0, 8935.0, 8952.0, 8918.0, 8948.0, 8920.0, 8981.0, 8953.0, 8947.0, 8986.0, 8953.0, 8979.0, 8958.0, 8999.0, 8994.0, 8967.0, 8989.0, 8955.0, 8984.0, 8977.0, 8976.0, 9001.0, 8969.0, 8961.0, 8992.0, 8997.0, 9003.0, 8977.0, 8993.0, 8985.0, 9029.0, 9011.0, 9023.0], "WindowWidth": [18972.0, 18913.0, 18899.0, 18906.0, 18896.0, 18894.0, 18901.0, 18874.0, 18920.0, 18863.0, 18905.0, 18910.0, 18912.0, 18988.0, 18941.0, 18975.0, 18972.0, 18953.0, 18899.0, 18905.0, 18930.0, 18937.0, 18941.0, 18902.0, 18926.0, 18895.0, 18932.0, 18895.0, 18920.0, 18903.0, 18932.0, 18977.0, 18959.0, 18936.0, 18944.0, 18937.0, 18890.0, 18877.0, 18916.0, 18897.0, 18841.0, 18902.0, 18880.0, 18885.0, 18897.0, 18916.0, 18870.0, 18893.0, 18900.0, 18926.0, 18935.0, 18962.0, 18910.0, 18915.0, 18920.0, 18884.0, 18888.0, 18917.0, 18912.0, 18930.0, 18933.0, 18964.0, 18945.0, 19011.0, 18947.0, 19009.0, 18931.0, 18953.0, 18965.0, 18972.0, 18958.0, 18948.0, 18980.0, 18935.0, 18942.0, 18925.0, 18945.0, 18939.0, 18943.0, 18943.0, 18990.0, 18966.0, 18939.0, 18917.0, 18900.0, 18882.0, 18843.0, 18882.0, 18893.0, 18825.0, 18905.0, 18881.0, 18864.0, 18864.0, 18887.0, 18876.0, 18912.0, 18908.0, 18912.0, 18893.0, 18908.0, 18914.0, 18927.0, 18955.0, 18959.0, 18961.0, 18954.0, 18938.0, 18974.0, 18977.0, 18967.0, 18930.0, 18938.0, 18943.0, 18952.0, 18948.0, 18955.0, 18935.0, 18929.0, 18897.0, 18877.0, 18870.0, 18851.0, 18862.0, 18816.0, 18838.0, 18838.0, 18822.0, 18868.0, 18864.0, 18858.0, 18874.0, 18905.0, 18906.0, 18928.0, 18927.0, 18910.0, 18903.0, 18851.0, 18871.0, 18881.0, 18854.0, 18864.0, 18858.0, 18846.0, 18870.0, 18858.0, 18826.0, 18845.0, 18868.0, 18886.0, 18885.0, 18892.0, 18883.0, 18921.0, 18974.0, 18966.0, 18947.0, 18923.0, 18955.0, 18919.0, 18955.0, 18964.0, 18979.0, 18973.0, 18925.0, 18931.0, 18870.0, 18888.0, 18817.0, 18834.0, 18841.0, 18821.0, 18806.0, 18796.0, 18811.0, 18831.0, 18828.0, 18818.0, 18810.0, 18876.0, 18883.0, 18901.0, 18893.0, 18928.0, 18928.0, 18907.0, 18910.0, 18921.0, 18889.0, 18852.0, 18859.0, 18890.0, 18914.0, 18898.0, 18880.0, 18920.0, 18865.0, 18904.0, 18934.0, 18957.0, 18947.0, 18879.0, 18894.0, 18895.0, 18905.0, 18907.0, 18885.0, 18842.0, 18862.0, 18854.0, 18818.0, 18879.0, 18882.0, 18851.0, 18893.0, 18942.0, 18892.0, 18935.0, 18895.0, 18923.0, 18894.0, 18899.0, 18923.0, 18873.0, 18850.0, 18836.0, 18812.0, 18853.0, 18800.0, 18900.0, 18905.0, 18913.0, 18933.0, 18897.0, 18980.0, 18934.0, 18970.0, 18977.0, 18920.0, 18931.0, 18941.0, 18947.0, 18939.0, 18936.0, 18855.0, 18907.0, 18905.0, 18921.0, 18921.0, 18925.0, 18855.0, 18828.0, 18864.0, 18885.0, 18863.0, 18919.0, 18909.0, 18866.0, 18862.0, 18933.0, 18912.0, 18923.0, 18920.0, 18924.0, 18954.0, 18928.0, 18900.0, 18919.0, 18861.0, 18934.0, 18908.0, 18860.0, 18920.0, 18873.0, 18825.0, 18892.0, 18827.0, 18835.0, 18872.0, 18880.0, 18904.0, 18842.0, 18843.0, 18885.0, 18850.0, 18904.0, 18843.0, 18847.0, 18903.0, 18875.0, 18924.0, 18921.0, 18941.0, 18905.0, 18940.0, 18954.0, 18901.0, 18979.0, 18960.0, 18944.0, 18915.0, 18904.0, 18933.0, 18878.0, 18884.0, 18841.0, 18822.0, 18869.0, 18821.0, 18856.0, 18876.0, 18849.0, 18892.0, 18832.0, 18921.0, 18917.0, 18930.0, 18914.0, 18915.0, 18905.0, 18911.0, 18936.0, 18911.0, 18940.0, 18895.0, 18909.0, 18897.0, 18903.0, 18851.0, 18875.0, 18819.0, 18879.0, 18869.0, 18820.0, 18888.0, 18839.0, 18881.0, 18859.0, 18871.0, 18922.0, 18894.0, 18875.0, 18897.0, 18823.0, 18911.0, 18887.0, 18865.0, 18903.0, 18896.0, 18932.0, 18930.0, 18858.0, 18940.0, 18924.0, 18951.0, 18932.0, 18895.0, 18908.0, 18831.0, 18906.0, 18891.0, 18860.0, 18875.0, 18801.0, 18834.0, 18848.0, 18816.0, 18843.0, 18839.0, 18803.0, 18861.0, 18826.0, 18910.0, 18884.0, 18902.0, 18898.0, 18874.0, 18901.0, 18901.0, 18898.0, 18912.0, 18897.0, 18876.0, 18890.0, 18888.0, 18922.0, 18926.0, 18955.0, 18972.0, 18996.0, 18950.0, 18971.0, 18856.0, 18895.0, 18929.0, 18826.0, 18879.0, 18785.0, 18896.0, 18893.0, 18914.0, 18926.0, 18898.0, 18905.0, 18892.0, 18892.0, 18924.0, 18906.0, 18936.0, 18880.0, 18880.0, 18939.0, 18896.0, 18902.0, 18855.0, 18852.0, 18877.0, 18859.0, 18878.0, 18851.0, 18876.0, 18880.0, 18859.0, 18872.0, 18859.0, 18834.0, 18908.0, 18866.0, 18839.0, 18895.0, 18803.0, 18780.0, 18751.0, 18862.0, 18855.0, 18789.0, 18811.0, 18843.0, 18800.0, 18821.0, 18859.0, 18815.0, 18858.0, 18886.0, 18922.0, 18939.0, 18888.0, 18927.0, 18953.0, 18950.0, 18950.0, 18914.0, 18903.0, 18933.0, 18853.0, 18869.0, 18875.0, 18827.0, 18881.0, 18855.0, 18854.0, 18860.0, 18880.0, 18921.0, 18957.0, 18937.0, 18924.0, 18942.0, 18906.0, 18929.0, 18860.0, 18927.0, 18911.0, 18931.0, 18908.0, 18942.0, 18940.0, 18872.0, 18878.0, 18882.0, 18875.0, 18845.0, 18785.0, 18844.0, 18773.0, 18771.0, 18798.0, 18748.0, 18792.0, 18751.0, 18853.0, 18806.0, 18797.0, 18859.0, 18814.0, 18853.0, 18823.0, 18892.0, 18884.0, 18841.0, 18871.0, 18816.0, 18862.0, 18862.0, 18861.0, 18902.0, 18846.0, 18827.0, 18887.0, 18892.0, 18904.0, 18853.0, 18894.0, 18888.0, 18967.0, 18931.0, 18950.0]}, "slices": {}}}