{"AcquisitionMatrixPE": 96, "AcquisitionNumber": 1, "AcquisitionTime": "07:56:29.490000", "BandwidthPerPixelPhaseEncode": 33.602, "BaseResolution": 96, "BodyPartExamined": "BRAIN", "ConsistencyInfo": "N4_VD11D_LATEST_20110129", "ConversionSoftware": "dcm2niix", "ConversionSoftwareVersion": "v1.0.20210317", "DerivedVendorReportedEchoSpacing": 0.000620003, "DeviceSerialNumber": "45239", "DwellTime": 2.6e-06, "EchoTime": 0.03, "EchoTrainLength": 48, "EffectiveEchoSpacing": 0.000310001, "FlipAngle": 63, "ImageComments": "Unaliased MB4/PE3", "ImageOrientationPatientDICOM": [0.998371, 0.00530082, 0.0568067, 0.0263715, 0.840053, -0.541863], "ImageType": ["ORIGINAL", "PRIMARY", "M", "ND", "NORM", "MOSAIC"], "ImagingFrequency": 123.193, "InPlanePhaseEncodingDirectionDICOM": "COL", "InstitutionAddress": "E 24th St. 100,Austin,Southmiddle,US,78712", "InstitutionName": "Univ of Texas at Austin", "InstitutionalDepartmentName": "IRC", "MRAcquisitionType": "2D", "MagneticFieldStrength": 3, "Manufacturer": "Siemens", "ManufacturersModelName": "Skyra", "Modality": "MR", "MultibandAccelerationFactor": 4, "ParallelReductionFactorInPlane": 2, "PartialFourier": 1, "PatientPosition": "HFS", "PercentPhaseFOV": 100, "PercentSampling": 100, "PhaseEncodingDirection": "j-", "PhaseEncodingSteps": 96, "PhaseResolution": 1, "PixelBandwidth": 2005, "ProcedureStepDescription": "Poldrack2^self-scanning", "ProtocolName": "N-back fMRI MBEPI_matrix96_BW200", "PulseSequenceDetails": "%CustomerSeq%\\cmrr_mbep2d_bold", "ReceiveCoilActiveElements": "HEA;HEP", "ReceiveCoilName": "Head_32", "ReconMatrixPE": 96, "RefLinesPE": 94, "RepetitionTime": 1.16, "SAR": 0.109959, "ScanOptions": "FS", "ScanningSequence": "EP", "SequenceName": "epfid2d1_96", "SequenceVariant": "SK", "SeriesDescription": "N-back fMRI MBEPI_matrix96_BW200", "SeriesNumber": 15, "ShimSetting": [-2760, 8014, -15457, 201, -184, 79, 235, -105], "SliceThickness": 2, "SliceTiming": [0, 0.6125, 0.0675, 0.68, 0.135, 0.75, 0.2025, 0.8175, 0.2725, 0.885, 0.34, 0.955, 0.4075, 1.0225, 0.4775, 1.09, 0.545, 0, 0.6125, 0.0675, 0.68, 0.135, 0.75, 0.2025, 0.8175, 0.2725, 0.885, 0.34, 0.955, 0.4075, 1.0225, 0.4775, 1.09, 0.545, 0, 0.6125, 0.0675, 0.68, 0.135, 0.75, 0.2025, 0.8175, 0.2725, 0.885, 0.34, 0.955, 0.4075, 1.0225, 0.4775, 1.09, 0.545, 0, 0.6125, 0.0675, 0.68, 0.135, 0.75, 0.2025, 0.8175, 0.2725, 0.885, 0.34, 0.955, 0.4075, 1.0225, 0.4775, 1.09, 0.545], "SoftwareVersions": "syngo MR D11", "SpacingBetweenSlices": 2.4, "StationName": "AWP45239", "TaskName": "N-back task", "TotalReadoutTime": 0.0294501, "TxRefAmp": 348.9, "WipMemBlock": "c380f780-749a-4a2e-b9ba-df118c7f8147||Sequence: VD11D r154; May 23 2012 22:27:19 by eja", "dcmmeta_affine": [[-2.3919308185577393, 0.06318161636590958, 0.12142306566238403, 108.8541259765625], [-0.01269987691193819, 2.0126264095306396, -1.301949143409729, -63.90427780151367], [0.13609938323497772, 1.298214316368103, 2.0125069618225098, -102.93244171142578], [0.0, 0.0, 0.0, 1.0]], "dcmmeta_reorient_transform": [[0.0, -1.0, 0.0, 95.0], [1.0, 0.0, 0.0, 0.0], [0.0, 0.0, 1.0, 0.0], [0.0, 0.0, 0.0, 1.0]], "dcmmeta_shape": [96, 96, 68, 380], "dcmmeta_slice_dim": 2, "dcmmeta_version": 0.6, "global": {"const": {"AcquisitionMatrix": [96, 0, 0, 96], "AngioFlag": "N", "BitsAllocated": 16, "BitsStored": 16, "BodyPartExamined": "BRAIN", "Columns": 864, "EchoNumbers": 1, "EchoTime": 30.0, "EchoTrainLength": 48, "FlipAngle": 63.0, "HighBit": 15, "ImageOrientationPatient": [0.99837112346592, 0.00530081852065, 0.05680669989017, 0.02637145887018, 0.84005275273476, -0.5418633764888], "ImagePositionPatient": [-1057.6195229106, -905.02048227466, 466.65004148411], "ImageType": ["ORIGINAL", "PRIMARY", "M", "ND", "NORM", "MOSAIC"], "ImagedNucleus": "1H", "ImagingFrequency": 123.193445, "InPlanePhaseEncodingDirection": "COL", "MRAcquisitionType": "2D", "MagneticFieldStrength": 3.0, "Manufacturer": "SIEMENS", "ManufacturerModelName": "Skyra", "Modality": "MR", "NumberOfAverages": 1.0, "NumberOfPhaseEncodingSteps": 96, "PercentPhaseFieldOfView": 100.0, "PercentSampling": 100.0, "PerformedProcedureStepStartTime": "072219.875000", "PhotometricInterpretation": "MONOCHROME2", "PixelBandwidth": 2005.0, "PixelRepresentation": 0, "PixelSpacing": [2.3958332538605, 2.3958332538605], "ProtocolName": "N-back fMRI MBEPI_matrix96_BW200", "RepetitionTime": 1160.0, "Rows": 864, "SAR": 0.10995860227765, "SamplesPerPixel": 1, "ScanOptions": "FS", "ScanningSequence": "EP", "SequenceName": "epfid2d1_96", "SequenceVariant": "SK", "SeriesDescription": "N-back fMRI MBEPI_matrix96_BW200", "SeriesNumber": 15, "SeriesTime": "075715.968000", "SliceLocation": -46.139479328205, "SliceThickness": 2.0, "SmallestImagePixelValue": 0, "SoftwareVersions": "syngo MR D11", "SpacingBetweenSlices": 2.3999999611402, "SpecificCharacterSet": "ISO_IR 100", "StudyID": "1", "StudyTime": "072219.843000", "TransmitCoilName": "Body", "VariableFlipAngleFlag": "N", "WindowCenterWidthExplanation": "Algo1", "dBdt": 0.0}, "slices": {}}, "time": {"samples": {"AcquisitionNumber": [1, 2, 3, 4, 5, 6, 7, 8, 9, 10, 11, 12, 13, 14, 15, 16, 17, 18, 19, 20, 21, 22, 23, 24, 25, 26, 27, 28, 29, 30, 31, 32, 33, 34, 35, 36, 37, 38, 39, 40, 41, 42, 43, 44, 45, 46, 47, 48, 49, 50, 51, 52, 53, 54, 55, 56, 57, 58, 59, 60, 61, 62, 63, 64, 65, 66, 67, 68, 69, 70, 71, 72, 73, 74, 75, 76, 77, 78, 79, 80, 81, 82, 83, 84, 85, 86, 87, 88, 89, 90, 91, 92, 93, 94, 95, 96, 97, 98, 99, 100, 101, 102, 103, 104, 105, 106, 107, 108, 109, 110, 111, 112, 113, 114, 115, 116, 117, 118, 119, 120, 121, 122, 123, 124, 125, 126, 127, 128, 129, 130, 131, 132, 133, 134, 135, 136, 137, 138, 139, 140, 141, 142, 143, 144, 145, 146, 147, 148, 149, 150, 151, 152, 153, 154, 155, 156, 157, 158, 159, 160, 161, 162, 163, 164, 165, 166, 167, 168, 169, 170, 171, 172, 173, 174, 175, 176, 177, 178, 179, 180, 181, 182, 183, 184, 185, 186, 187, 188, 189, 190, 191, 192, 193, 194, 195, 196, 197, 198, 199, 200, 201, 202, 203, 204, 205, 206, 207, 208, 209, 210, 211, 212, 213, 214, 215, 216, 217, 218, 219, 220, 221, 222, 223, 224, 225, 226, 227, 228, 229, 230, 231, 232, 233, 234, 235, 236, 237, 238, 239, 240, 241, 242, 243, 244, 245, 246, 247, 248, 249, 250, 251, 252, 253, 254, 255, 256, 257, 258, 259, 260, 261, 262, 263, 264, 265, 266, 267, 268, 269, 270, 271, 272, 273, 274, 275, 276, 277, 278, 279, 280, 281, 282, 283, 284, 285, 286, 287, 288, 289, 290, 291, 292, 293, 294, 295, 296, 297, 298, 299, 300, 301, 302, 303, 304, 305, 306, 307, 308, 309, 310, 311, 312, 313, 314, 315, 316, 317, 318, 319, 320, 321, 322, 323, 324, 325, 326, 327, 328, 329, 330, 331, 332, 333, 334, 335, 336, 337, 338, 339, 340, 341, 342, 343, 344, 345, 346, 347, 348, 349, 350, 351, 352, 353, 354, 355, 356, 357, 358, 359, 360, 361, 362, 363, 364, 365, 366, 367, 368, 369, 370, 371, 372, 373, 374, 375, 376, 377, 378, 379, 380], "AcquisitionTime": ["075629.490000", "075658.490000", "075659.650000", "075700.810000", "075701.970000", "075703.130000", "075704.290000", "075705.450000", "075706.610000", "075707.770000", "075708.930000", "075710.090000", "075711.250000", "075712.410000", "075713.570000", "075714.730000", "075715.890000", "075717.050000", "075718.210000", "075719.370000", "075720.530000", "075721.690000", "075722.850000", "075724.010000", "075725.170000", "075726.330000", "075727.490000", "075728.650000", "075729.810000", "075730.970000", "075732.130000", "075733.290000", "075734.450000", "075735.610000", "075736.770000", "075737.930000", "075739.090000", "075740.250000", "075741.410000", "075742.570000", "075743.730000", "075744.890000", "075746.050000", "075747.210000", "075748.370000", "075749.530000", "075750.690000", "075751.850000", "075753.010000", "075754.170000", "075755.330000", "075756.490000", "075757.650000", "075758.810000", "075759.970000", "075801.130000", "075802.290000", "075803.450000", "075804.610000", "075805.770000", "075806.930000", "075808.090000", "075809.250000", "075810.410000", "075811.570000", "075812.730000", "075813.890000", "075815.050000", "075816.210000", "075817.370000", "075818.530000", "075819.690000", "075820.850000", "075822.010000", "075823.170000", "075824.330000", "075825.490000", "075826.650000", "075827.810000", "075828.970000", "075830.130000", "075831.290000", "075832.450000", "075833.610000", "075834.770000", "075835.930000", "075837.090000", "075838.250000", "075839.410000", "075840.570000", "075841.730000", "075842.890000", "075844.050000", "075845.210000", "075846.370000", "075847.530000", "075848.690000", "075849.850000", "075851.010000", "075852.170000", "075853.330000", "075854.490000", "075855.650000", "075856.810000", "075857.970000", "075859.130000", "075900.290000", "075901.450000", "075902.610000", "075903.770000", "075904.930000", "075906.090000", "075907.250000", "075908.410000", "075909.570000", "075910.730000", "075911.890000", "075913.050000", "075914.210000", "075915.370000", "075916.530000", "075917.690000", "075918.850000", "075920.010000", "075921.170000", "075922.330000", "075923.490000", "075924.650000", "075925.810000", "075926.970000", "075928.130000", "075929.290000", "075930.450000", "075931.610000", "075932.770000", "075933.930000", "075935.090000", "075936.250000", "075937.410000", "075938.570000", "075939.730000", "075940.890000", "075942.050000", "075943.210000", "075944.370000", "075945.530000", "075946.690000", "075947.850000", "075949.010000", "075950.170000", "075951.330000", "075952.490000", "075953.650000", "075954.810000", "075955.970000", "075957.130000", "075958.290000", "075959.450000", "080000.610000", "080001.770000", "080002.930000", "080004.090000", "080005.250000", "080006.410000", "080007.570000", "080008.730000", "080009.890000", "080011.050000", "080012.210000", "080013.370000", "080014.530000", "080015.690000", "080016.850000", "080018.010000", "080019.170000", "080020.330000", "080021.490000", "080022.650000", "080023.810000", "080024.970000", "080026.130000", "080027.290000", "080028.450000", "080029.610000", "080030.770000", "080031.930000", "080033.090000", "080034.250000", "080035.410000", "080036.570000", "080037.730000", "080038.890000", "080040.050000", "080041.210000", "080042.370000", "080043.530000", "080044.690000", "080045.850000", "080047.010000", "080048.170000", "080049.330000", "080050.490000", "080051.650000", "080052.810000", "080053.970000", "080055.130000", "080056.290000", "080057.450000", "080058.610000", "080059.770000", "080100.930000", "080102.090000", "080103.250000", "080104.410000", "080105.570000", "080106.730000", "080107.890000", "080109.050000", "080110.210000", "080111.370000", "080112.530000", "080113.690000", "080114.850000", "080116.010000", "080117.170000", "080118.330000", "080119.490000", "080120.650000", "080121.810000", "080122.970000", "080124.130000", "080125.290000", "080126.450000", "080127.610000", "080128.770000", "080129.930000", "080131.090000", "080132.250000", "080133.410000", "080134.570000", "080135.730000", "080136.890000", "080138.050000", "080139.210000", "080140.370000", "080141.530000", "080142.690000", "080143.850000", "080145.010000", "080146.170000", "080147.330000", "080148.490000", "080149.650000", "080150.810000", "080151.970000", "080153.130000", "080154.290000", "080155.450000", "080156.610000", "080157.770000", "080158.930000", "080200.090000", "080201.250000", "080202.410000", "080203.570000", "080204.730000", "080205.890000", "080207.050000", "080208.210000", "080209.370000", "080210.530000", "080211.690000", "080212.850000", "080214.010000", "080215.170000", "080216.330000", "080217.490000", "080218.650000", "080219.810000", "080220.970000", "080222.130000", "080223.290000", "080224.450000", "080225.610000", "080226.770000", "080227.930000", "080229.090000", "080230.250000", "080231.410000", "080232.570000", "080233.730000", "080234.890000", "080236.050000", "080237.210000", "080238.370000", "080239.530000", "080240.690000", "080241.850000", "080243.010000", "080244.170000", "080245.330000", "080246.490000", "080247.650000", "080248.810000", "080249.970000", "080251.130000", "080252.290000", "080253.450000", "080254.610000", "080255.770000", "080256.930000", "080258.090000", "080259.250000", "080300.410000", "080301.570000", "080302.730000", "080303.890000", "080305.050000", "080306.210000", "080307.370000", "080308.530000", "080309.690000", "080310.850000", "080312.010000", "080313.170000", "080314.330000", "080315.490000", "080316.650000", "080317.810000", "080318.970000", "080320.130000", "080321.290000", "080322.450000", "080323.610000", "080324.770000", "080325.930000", "080327.090000", "080328.250000", "080329.410000", "080330.570000", "080331.730000", "080332.890000", "080334.050000", "080335.210000", "080336.370000", "080337.530000", "080338.690000", "080339.850000", "080341.010000", "080342.170000", "080343.330000", "080344.490000", "080345.650000", "080346.810000", "080347.970000", "080349.130000", "080350.290000", "080351.450000", "080352.610000", "080353.770000", "080354.930000", "080356.090000", "080357.250000", "080358.410000", "080359.570000", "080400.730000", "080401.890000", "080403.050000", "080404.210000", "080405.370000", "080406.530000", "080407.690000", "080408.850000", "080410.010000", "080411.170000", "080412.330000", "080413.490000", "080414.650000", "080415.810000", "080416.970000"], "ContentTime": ["075715.968000", "075722.593000", "075722.593000", "075722.593000", "075722.593000", "075727.593000", "075727.593000", "075727.593000", "075732.593000", "075732.593000", "075737.593000", "075737.593000", "075737.609000", "075742.593000", "075742.593000", "075747.593000", "075747.593000", "075747.593000", "075752.593000", "075752.593000", "075757.593000", "075757.593000", "075757.609000", "075802.593000", "075802.593000", "075807.593000", "075807.593000", "075807.593000", "075812.593000", "075812.593000", "075817.593000", "075817.593000", "075817.609000", "075822.593000", "075822.625000", "075822.625000", "075827.593000", "075827.593000", "075832.593000", "075832.593000", "075832.593000", "075837.593000", "075837.593000", "075842.593000", "075842.593000", "075842.593000", "075847.593000", "075847.593000", "075852.593000", "075852.593000", "075852.593000", "075857.593000", "075857.593000", "075902.593000", "075902.593000", "075902.609000", "075907.593000", "075907.593000", "075912.593000", "075912.593000", "075917.593000", "075917.593000", "075917.593000", "075922.593000", "075922.593000", "075927.593000", "075927.593000", "075927.609000", "075932.593000", "075932.593000", "075932.593000", "075937.593000", "075937.593000", "075942.593000", "075942.593000", "075942.593000", "075947.593000", "075947.593000", "075952.593000", "075952.593000", "075957.593000", "075957.593000", "075957.593000", "080002.593000", "080002.593000", "080002.593000", "080007.593000", "080007.593000", "080012.593000", "080012.593000", "080012.593000", "080017.593000", "080017.593000", "080022.593000", "080022.593000", "080022.609000", "080027.593000", "080027.593000", "080032.593000", "080032.593000", "080032.593000", "080037.593000", "080037.593000", "080042.593000", "080042.593000", "080042.593000", "080047.593000", "080047.593000", "080047.609000", "080052.593000", "080052.593000", "080057.593000", "080057.593000", "080057.593000", "080102.593000", "080102.593000", "080107.593000", "080107.593000", "080107.593000", "080112.593000", "080112.593000", "080112.593000", "080117.593000", "080117.593000", "080122.593000", "080122.593000", "080122.609000", "080127.593000", "080127.593000", "080132.593000", "080132.593000", "080132.593000", "080137.593000", "080137.593000", "080142.593000", "080142.593000", "080142.593000", "080147.593000", "080147.593000", "080147.593000", "080152.593000", "080152.593000", "080157.593000", "080157.593000", "080157.609000", "080202.593000", "080202.593000", "080207.593000", "080207.593000", "080207.593000", "080212.593000", "080212.593000", "080217.593000", "080217.593000", "080217.593000", "080222.593000", "080222.593000", "080227.593000", "080227.593000", "080227.593000", "080232.593000", "080232.593000", "080237.593000", "080237.593000", "080237.593000", "080242.593000", "080242.593000", "080242.593000", "080247.593000", "080247.593000", "080252.593000", "080252.593000", "080252.593000", "080257.593000", "080257.593000", "080302.593000", "080302.593000", "080302.593000", "080307.593000", "080307.593000", "080312.593000", "080312.593000", "080312.593000", "080317.593000", "080317.593000", "080317.593000", "080322.593000", "080322.593000", "080327.593000", "080327.593000", "080327.593000", "080332.593000", "080332.593000", "080337.593000", "080337.593000", "080337.593000", "080342.593000", "080342.593000", "080347.593000", "080347.593000", "080347.609000", "080352.593000", "080352.593000", "080357.593000", "080357.593000", "080357.593000", "080402.593000", "080402.593000", "080407.593000", "080407.593000", "080407.593000", "080412.593000", "080412.593000", "080417.593000", "080417.593000", "080417.593000", "080422.593000", "080422.593000", "080427.593000", "080427.593000", "080427.609000", "080432.593000", "080432.593000", "080432.593000", "080442.593000", "080442.593000", "080442.687000", "080442.687000", "080442.703000", "080442.703000", "080447.593000", "080447.593000", "080452.593000", "080452.593000", "080452.593000", "080457.593000", "080457.593000", "080457.593000", "080502.593000", "080502.609000", "080502.609000", "080507.593000", "080507.593000", "080512.593000", "080512.593000", "080512.593000", "080517.593000", "080517.593000", "080517.593000", "080522.593000", "080522.593000", "080527.593000", "080527.593000", "080527.593000", "080532.593000", "080532.640000", "080532.656000", "080537.593000", "080537.593000", "080537.593000", "080542.593000", "080542.593000", "080547.593000", "080547.593000", "080547.593000", "080552.593000", "080552.593000", "080552.593000", "080557.593000", "080557.593000", "080602.593000", "080602.593000", "080602.593000", "080607.593000", "080607.593000", "080612.593000", "080612.593000", "080612.593000", "080617.593000", "080617.593000", "080622.593000", "080622.593000", "080622.593000", "080627.593000", "080627.593000", "080627.593000", "080632.593000", "080632.593000", "080637.593000", "080637.593000", "080637.593000", "080642.593000", "080642.593000", "080642.593000", "080647.593000", "080647.593000", "080652.593000", "080652.593000", "080652.593000", "080657.593000", "080657.593000", "080657.593000", "080702.593000", "080702.593000", "080707.593000", "080707.593000", "080707.593000", "080712.593000", "080712.593000", "080712.609000", "080717.593000", "080717.593000", "080717.593000", "080722.593000", "080722.593000", "080727.593000", "080727.640000", "080727.640000", "080732.593000", "080732.593000", "080737.593000", "080737.593000", "080737.593000", "080742.593000", "080742.593000", "080742.593000", "080747.593000", "080747.593000", "080747.593000", "080752.593000", "080752.593000", "080757.593000", "080757.593000", "080757.593000", "080802.593000", "080802.593000", "080802.609000", "080807.593000", "080807.593000", "080807.593000", "080812.593000", "080812.593000", "080817.593000", "080817.656000", "080817.656000", "080822.593000", "080822.593000", "080822.593000", "080827.593000", "080827.593000", "080832.593000", "080832.593000", "080832.609000", "080837.593000", "080837.593000", "080837.609000", "080842.593000", "080842.593000", "080842.593000", "080847.593000", "080847.593000", "080852.593000", "080852.593000", "080852.593000", "080857.593000", "080857.593000", "080857.593000", "080902.593000", "080902.593000", "080902.593000", "080907.593000", "080907.593000", "080907.593000", "080912.593000", "080912.593000", "080912.593000", "080917.593000", "080917.593000", "080917.593000", "080919.406000"], "InstanceCreationTime": ["075715.968000", "075722.593000", "075722.593000", "075722.593000", "075722.593000", "075727.593000", "075727.593000", "075727.593000", "075732.593000", "075732.593000", "075737.593000", "075737.593000", "075737.609000", "075742.593000", "075742.593000", "075747.593000", "075747.593000", "075747.593000", "075752.593000", "075752.593000", "075757.593000", "075757.593000", "075757.609000", "075802.593000", "075802.593000", "075807.593000", "075807.593000", "075807.593000", "075812.593000", "075812.593000", "075817.593000", "075817.593000", "075817.609000", "075822.593000", "075822.625000", "075822.625000", "075827.593000", "075827.593000", "075832.593000", "075832.593000", "075832.593000", "075837.593000", "075837.593000", "075842.593000", "075842.593000", "075842.593000", "075847.593000", "075847.593000", "075852.593000", "075852.593000", "075852.593000", "075857.593000", "075857.593000", "075902.593000", "075902.593000", "075902.609000", "075907.593000", "075907.593000", "075912.593000", "075912.593000", "075917.593000", "075917.593000", "075917.593000", "075922.593000", "075922.593000", "075927.593000", "075927.593000", "075927.609000", "075932.593000", "075932.593000", "075932.593000", "075937.593000", "075937.593000", "075942.593000", "075942.593000", "075942.593000", "075947.593000", "075947.593000", "075952.593000", "075952.593000", "075957.593000", "075957.593000", "075957.593000", "080002.593000", "080002.593000", "080002.593000", "080007.593000", "080007.593000", "080012.593000", "080012.593000", "080012.593000", "080017.593000", "080017.593000", "080022.593000", "080022.593000", "080022.609000", "080027.593000", "080027.593000", "080032.593000", "080032.593000", "080032.593000", "080037.593000", "080037.593000", "080042.593000", "080042.593000", "080042.593000", "080047.593000", "080047.593000", "080047.609000", "080052.593000", "080052.593000", "080057.593000", "080057.593000", "080057.593000", "080102.593000", "080102.593000", "080107.593000", "080107.593000", "080107.593000", "080112.593000", "080112.593000", "080112.593000", "080117.593000", "080117.593000", "080122.593000", "080122.593000", "080122.609000", "080127.593000", "080127.593000", "080132.593000", "080132.593000", "080132.593000", "080137.593000", "080137.593000", "080142.593000", "080142.593000", "080142.593000", "080147.593000", "080147.593000", "080147.593000", "080152.593000", "080152.593000", "080157.593000", "080157.593000", "080157.609000", "080202.593000", "080202.593000", "080207.593000", "080207.593000", "080207.593000", "080212.593000", "080212.593000", "080217.593000", "080217.593000", "080217.593000", "080222.593000", "080222.593000", "080227.593000", "080227.593000", "080227.593000", "080232.593000", "080232.593000", "080237.593000", "080237.593000", "080237.593000", "080242.593000", "080242.593000", "080242.593000", "080247.593000", "080247.593000", "080252.593000", "080252.593000", "080252.593000", "080257.593000", "080257.593000", "080302.593000", "080302.593000", "080302.593000", "080307.593000", "080307.593000", "080312.593000", "080312.593000", "080312.593000", "080317.593000", "080317.593000", "080317.593000", "080322.593000", "080322.593000", "080327.593000", "080327.593000", "080327.593000", "080332.593000", "080332.593000", "080337.593000", "080337.593000", "080337.593000", "080342.593000", "080342.593000", "080347.593000", "080347.593000", "080347.609000", "080352.593000", "080352.593000", "080357.593000", "080357.593000", "080357.593000", "080402.593000", "080402.593000", "080407.593000", "080407.593000", "080407.593000", "080412.593000", "080412.593000", "080417.593000", "080417.593000", "080417.593000", "080422.593000", "080422.593000", "080427.593000", "080427.593000", "080427.609000", "080432.593000", "080432.593000", "080432.593000", "080442.593000", "080442.593000", "080442.687000", "080442.687000", "080442.703000", "080442.703000", "080447.593000", "080447.593000", "080452.593000", "080452.593000", "080452.593000", "080457.593000", "080457.593000", "080457.593000", "080502.593000", "080502.609000", "080502.609000", "080507.593000", "080507.593000", "080512.593000", "080512.593000", "080512.593000", "080517.593000", "080517.593000", "080517.593000", "080522.593000", "080522.593000", "080527.593000", "080527.593000", "080527.593000", "080532.593000", "080532.640000", "080532.656000", "080537.593000", "080537.593000", "080537.593000", "080542.593000", "080542.593000", "080547.593000", "080547.593000", "080547.593000", "080552.593000", "080552.593000", "080552.593000", "080557.593000", "080557.593000", "080602.593000", "080602.593000", "080602.593000", "080607.593000", "080607.593000", "080612.593000", "080612.593000", "080612.593000", "080617.593000", "080617.593000", "080622.593000", "080622.593000", "080622.593000", "080627.593000", "080627.593000", "080627.593000", "080632.593000", "080632.593000", "080637.593000", "080637.593000", "080637.593000", "080642.593000", "080642.593000", "080642.593000", "080647.593000", "080647.593000", "080652.593000", "080652.593000", "080652.593000", "080657.593000", "080657.593000", "080657.593000", "080702.593000", "080702.593000", "080707.593000", "080707.593000", "080707.593000", "080712.593000", "080712.593000", "080712.609000", "080717.593000", "080717.593000", "080717.593000", "080722.593000", "080722.593000", "080727.593000", "080727.640000", "080727.640000", "080732.593000", "080732.593000", "080737.593000", "080737.593000", "080737.593000", "080742.593000", "080742.593000", "080742.593000", "080747.593000", "080747.593000", "080747.593000", "080752.593000", "080752.593000", "080757.593000", "080757.593000", "080757.593000", "080802.593000", "080802.593000", "080802.609000", "080807.593000", "080807.593000", "080807.593000", "080812.593000", "080812.593000", "080817.593000", "080817.656000", "080817.656000", "080822.593000", "080822.593000", "080822.593000", "080827.593000", "080827.593000", "080832.593000", "080832.593000", "080832.609000", "080837.593000", "080837.593000", "080837.609000", "080842.593000", "080842.593000", "080842.593000", "080847.593000", "080847.593000", "080852.593000", "080852.593000", "080852.593000", "080857.593000", "080857.593000", "080857.593000", "080902.593000", "080902.593000", "080902.593000", "080907.593000", "080907.593000", "080907.593000", "080912.593000", "080912.593000", "080912.593000", "080917.593000", "080917.593000", "080917.593000", "080919.406000"], "InstanceNumber": [1, 2, 3, 4, 5, 6, 7, 8, 9, 10, 11, 12, 13, 14, 15, 16, 17, 18, 19, 20, 21, 22, 23, 24, 25, 26, 27, 28, 29, 30, 31, 32, 33, 34, 35, 36, 37, 38, 39, 40, 41, 42, 43, 44, 45, 46, 47, 48, 49, 50, 51, 52, 53, 54, 55, 56, 57, 58, 59, 60, 61, 62, 63, 64, 65, 66, 67, 68, 69, 70, 71, 72, 73, 74, 75, 76, 77, 78, 79, 80, 81, 82, 83, 84, 85, 86, 87, 88, 89, 90, 91, 92, 93, 94, 95, 96, 97, 98, 99, 100, 101, 102, 103, 104, 105, 106, 107, 108, 109, 110, 111, 112, 113, 114, 115, 116, 117, 118, 119, 120, 121, 122, 123, 124, 125, 126, 127, 128, 129, 130, 131, 132, 133, 134, 135, 136, 137, 138, 139, 140, 141, 142, 143, 144, 145, 146, 147, 148, 149, 150, 151, 152, 153, 154, 155, 156, 157, 158, 159, 160, 161, 162, 163, 164, 165, 166, 167, 168, 169, 170, 171, 172, 173, 174, 175, 176, 177, 178, 179, 180, 181, 182, 183, 184, 185, 186, 187, 188, 189, 190, 191, 192, 193, 194, 195, 196, 197, 198, 199, 200, 201, 202, 203, 204, 205, 206, 207, 208, 209, 210, 211, 212, 213, 214, 215, 216, 217, 218, 219, 220, 221, 222, 223, 224, 225, 226, 227, 228, 229, 230, 231, 232, 233, 234, 235, 236, 237, 238, 239, 240, 241, 242, 243, 244, 245, 246, 247, 248, 249, 250, 251, 252, 253, 254, 255, 256, 257, 258, 259, 260, 261, 262, 263, 264, 265, 266, 267, 268, 269, 270, 271, 272, 273, 274, 275, 276, 277, 278, 279, 280, 281, 282, 283, 284, 285, 286, 287, 288, 289, 290, 291, 292, 293, 294, 295, 296, 297, 298, 299, 300, 301, 302, 303, 304, 305, 306, 307, 308, 309, 310, 311, 312, 313, 314, 315, 316, 317, 318, 319, 320, 321, 322, 323, 324, 325, 326, 327, 328, 329, 330, 331, 332, 333, 334, 335, 336, 337, 338, 339, 340, 341, 342, 343, 344, 345, 346, 347, 348, 349, 350, 351, 352, 353, 354, 355, 356, 357, 358, 359, 360, 361, 362, 363, 364, 365, 366, 367, 368, 369, 370, 371, 372, 373, 374, 375, 376, 377, 378, 379, 380], "LargestImagePixelValue": [20896, 21822, 21268, 19698, 19830, 20003, 19891, 20207, 19634, 19795, 20217, 20254, 19722, 19907, 20944, 19826, 20120, 21111, 20225, 20065, 20728, 19970, 20161, 20317, 19960, 20071, 20723, 20006, 20046, 19925, 20058, 19963, 19895, 20314, 20118, 19992, 20116, 19954, 20010, 20089, 20242, 20149, 20362, 20453, 20278, 19934, 20225, 20095, 20369, 20238, 19971, 20345, 20434, 20231, 20512, 20362, 20235, 20153, 20296, 20189, 20102, 20232, 20097, 20491, 20408, 20393, 20283, 20247, 20211, 20125, 20192, 20278, 19989, 20519, 20400, 20045, 20135, 20349, 20306, 20394, 20546, 20199, 20696, 20385, 20629, 20321, 20549, 20411, 20179, 20386, 20694, 20361, 20378, 20151, 20536, 20728, 20457, 20253, 21435, 21520, 20303, 20992, 20866, 20720, 20579, 20422, 20468, 20595, 20350, 20684, 20244, 20636, 20852, 20655, 20519, 20549, 20650, 20605, 20425, 20907, 20662, 20532, 20795, 21419, 21311, 20867, 20580, 20559, 20764, 20902, 20853, 21113, 20712, 20637, 20623, 20757, 20565, 20805, 21081, 20667, 20800, 20639, 20841, 21014, 20946, 20820, 20773, 20893, 20963, 20541, 20646, 21148, 20693, 21094, 20816, 20893, 20599, 20980, 21111, 21122, 20744, 20778, 20645, 20692, 20761, 20643, 20920, 21096, 20704, 20996, 20474, 20843, 20915, 20554, 21263, 20987, 20918, 20796, 21036, 20800, 20855, 21023, 20905, 21115, 21991, 20874, 20699, 20903, 20942, 20765, 20952, 20669, 21322, 20710, 20906, 21012, 20765, 20923, 21175, 21717, 20921, 20530, 20809, 21635, 20960, 21104, 20734, 20943, 23947, 21654, 20821, 20941, 20933, 20820, 20729, 20959, 20688, 20961, 20804, 20626, 21249, 21207, 20975, 20771, 20776, 20930, 20581, 21030, 20786, 20883, 20986, 20505, 20886, 21062, 21579, 21076, 20742, 20905, 20632, 20968, 20922, 21011, 21130, 20987, 20803, 20979, 21036, 20702, 20897, 20855, 20716, 20956, 21003, 21272, 21328, 20737, 21539, 20541, 21573, 20772, 20939, 20689, 22063, 21978, 20805, 20906, 20609, 20840, 20412, 20506, 20603, 20587, 22076, 20796, 20595, 20966, 21134, 20811, 21453, 21307, 20708, 20825, 20621, 20719, 20314, 20493, 20719, 20591, 20917, 20899, 20822, 20740, 20547, 20609, 21187, 20552, 21361, 20975, 20492, 20690, 20816, 20689, 20995, 20627, 21880, 21382, 20571, 23751, 20787, 20638, 20892, 20826, 21051, 20675, 21608, 20549, 20466, 20821, 20832, 20593, 20548, 20774, 20863, 20713, 20473, 21184, 21021, 20928, 20636, 20565, 20549, 21082, 20344, 20300, 21081, 20750, 20580, 20865, 20799, 20710, 20585, 20823, 20708, 20490, 20612, 20587, 20793, 20742, 20760, 21339, 21014, 21006, 20557, 21273, 20922, 20937, 20966, 20640, 20653, 21967, 20421, 20884, 20955, 20667, 20713, 20807, 20629, 20499, 20818, 20666, 20753, 20695, 20570, 20647, 20955, 20625, 20581, 20637, 20767, 21240], "WindowCenter": [9095.0, 9079.0, 9066.0, 9072.0, 9074.0, 9088.0, 9090.0, 9106.0, 9076.0, 9082.0, 9085.0, 9091.0, 9082.0, 9082.0, 9086.0, 9081.0, 9082.0, 9078.0, 9070.0, 9065.0, 9064.0, 9076.0, 9094.0, 9091.0, 9080.0, 9095.0, 9084.0, 9077.0, 9085.0, 9076.0, 9066.0, 9064.0, 9055.0, 9055.0, 9048.0, 9064.0, 9061.0, 9059.0, 9076.0, 9093.0, 9091.0, 9079.0, 9084.0, 9074.0, 9072.0, 9076.0, 9069.0, 9072.0, 9077.0, 9080.0, 9077.0, 9076.0, 9078.0, 9070.0, 9072.0, 9070.0, 9073.0, 9087.0, 9081.0, 9097.0, 9084.0, 9094.0, 9080.0, 9077.0, 9080.0, 9074.0, 9085.0, 9053.0, 9058.0, 9045.0, 9070.0, 9066.0, 9050.0, 9072.0, 9064.0, 9065.0, 9058.0, 9070.0, 9079.0, 9076.0, 9089.0, 9096.0, 9092.0, 9082.0, 9073.0, 9073.0, 9068.0, 9072.0, 9064.0, 9071.0, 9062.0, 9064.0, 9075.0, 9091.0, 9089.0, 9085.0, 9080.0, 9084.0, 9102.0, 9089.0, 9071.0, 9069.0, 9074.0, 9072.0, 9091.0, 9082.0, 9065.0, 9070.0, 9069.0, 9067.0, 9072.0, 9072.0, 9067.0, 9053.0, 9074.0, 9089.0, 9090.0, 9071.0, 9075.0, 9069.0, 9067.0, 9069.0, 9077.0, 9086.0, 9059.0, 9071.0, 9076.0, 9085.0, 9087.0, 9088.0, 9075.0, 9068.0, 9056.0, 9070.0, 9049.0, 9071.0, 9077.0, 9078.0, 9066.0, 9077.0, 9061.0, 9055.0, 9060.0, 9068.0, 9085.0, 9061.0, 9083.0, 9072.0, 9067.0, 9052.0, 9061.0, 9071.0, 9074.0, 9050.0, 9078.0, 9073.0, 9079.0, 9079.0, 9105.0, 9083.0, 9060.0, 9064.0, 9055.0, 9070.0, 9067.0, 9060.0, 9078.0, 9061.0, 9080.0, 9066.0, 9065.0, 9074.0, 9055.0, 9078.0, 9093.0, 9093.0, 9086.0, 9064.0, 9067.0, 9076.0, 9064.0, 9066.0, 9064.0, 9062.0, 9086.0, 9062.0, 9079.0, 9085.0, 9074.0, 9079.0, 9088.0, 9097.0, 9087.0, 9078.0, 9064.0, 9077.0, 9080.0, 9066.0, 9061.0, 9078.0, 9065.0, 9068.0, 9082.0, 9090.0, 9104.0, 9103.0, 9099.0, 9096.0, 9102.0, 9078.0, 9068.0, 9063.0, 9063.0, 9064.0, 9062.0, 9070.0, 9062.0, 9068.0, 9088.0, 9076.0, 9078.0, 9076.0, 9081.0, 9074.0, 9070.0, 9067.0, 9077.0, 9082.0, 9083.0, 9091.0, 9084.0, 9092.0, 9098.0, 9068.0, 9078.0, 9075.0, 9059.0, 9081.0, 9084.0, 9104.0, 9083.0, 9074.0, 9069.0, 9069.0, 9056.0, 9071.0, 9058.0, 9076.0, 9077.0, 9073.0, 9078.0, 9075.0, 9089.0, 9090.0, 9085.0, 9083.0, 9082.0, 9068.0, 9072.0, 9083.0, 9075.0, 9083.0, 9103.0, 9092.0, 9091.0, 9074.0, 9083.0, 9073.0, 9076.0, 9093.0, 9104.0, 9094.0, 9090.0, 9075.0, 9078.0, 9083.0, 9078.0, 9085.0, 9097.0, 9094.0, 9070.0, 9091.0, 9095.0, 9116.0, 9090.0, 9101.0, 9089.0, 9091.0, 9093.0, 9091.0, 9051.0, 9081.0, 9070.0, 9064.0, 9083.0, 9071.0, 9083.0, 9082.0, 9084.0, 9086.0, 9104.0, 9084.0, 9079.0, 9098.0, 9098.0, 9080.0, 9091.0, 9103.0, 9091.0, 9082.0, 9082.0, 9100.0, 9089.0, 9106.0, 9098.0, 9095.0, 9087.0, 9091.0, 9097.0, 9093.0, 9073.0, 9085.0, 9085.0, 9085.0, 9090.0, 9097.0, 9078.0, 9082.0, 9084.0, 9090.0, 9079.0, 9109.0, 9091.0, 9090.0, 9107.0, 9111.0, 9096.0, 9090.0, 9084.0, 9087.0, 9083.0, 9078.0, 9073.0, 9075.0, 9075.0, 9085.0, 9069.0, 9082.0, 9085.0, 9105.0, 9087.0, 9084.0, 9086.0, 9091.0, 9081.0, 9081.0, 9095.0, 9101.0, 9085.0, 9101.0, 9079.0, 9087.0, 9081.0, 9076.0, 9087.0, 9084.0, 9076.0, 9077.0, 9093.0, 9087.0, 9093.0, 9094.0, 9097.0, 9096.0, 9081.0, 9087.0, 9091.0, 9080.0, 9108.0, 9109.0], "WindowWidth": [19209.0, 19165.0, 19137.0, 19153.0, 19156.0, 19186.0, 19191.0, 19223.0, 19169.0, 19177.0, 19180.0, 19192.0, 19175.0, 19174.0, 19181.0, 19173.0, 19172.0, 19163.0, 19147.0, 19134.0, 19134.0, 19161.0, 19200.0, 19192.0, 19172.0, 19199.0, 19177.0, 19162.0, 19178.0, 19162.0, 19138.0, 19135.0, 19113.0, 19116.0, 19102.0, 19131.0, 19128.0, 19125.0, 19158.0, 19194.0, 19193.0, 19170.0, 19175.0, 19156.0, 19150.0, 19160.0, 19147.0, 19152.0, 19163.0, 19171.0, 19165.0, 19160.0, 19166.0, 19146.0, 19148.0, 19147.0, 19154.0, 19181.0, 19176.0, 19208.0, 19181.0, 19198.0, 19171.0, 19164.0, 19169.0, 19158.0, 19177.0, 19116.0, 19125.0, 19098.0, 19146.0, 19138.0, 19108.0, 19150.0, 19135.0, 19135.0, 19123.0, 19147.0, 19164.0, 19162.0, 19191.0, 19203.0, 19191.0, 19174.0, 19155.0, 19153.0, 19144.0, 19154.0, 19138.0, 19151.0, 19133.0, 19134.0, 19155.0, 19190.0, 19190.0, 19182.0, 19174.0, 19180.0, 19214.0, 19183.0, 19150.0, 19144.0, 19155.0, 19156.0, 19190.0, 19172.0, 19141.0, 19148.0, 19144.0, 19142.0, 19152.0, 19152.0, 19145.0, 19114.0, 19155.0, 19186.0, 19187.0, 19152.0, 19160.0, 19150.0, 19141.0, 19145.0, 19160.0, 19180.0, 19124.0, 19149.0, 19159.0, 19178.0, 19182.0, 19185.0, 19160.0, 19144.0, 19118.0, 19141.0, 19103.0, 19146.0, 19159.0, 19165.0, 19139.0, 19159.0, 19129.0, 19117.0, 19127.0, 19146.0, 19177.0, 19131.0, 19172.0, 19149.0, 19141.0, 19110.0, 19129.0, 19149.0, 19155.0, 19110.0, 19162.0, 19154.0, 19167.0, 19165.0, 19218.0, 19173.0, 19126.0, 19134.0, 19116.0, 19144.0, 19137.0, 19125.0, 19164.0, 19132.0, 19166.0, 19139.0, 19137.0, 19154.0, 19116.0, 19167.0, 19193.0, 19194.0, 19183.0, 19138.0, 19141.0, 19159.0, 19136.0, 19139.0, 19136.0, 19130.0, 19178.0, 19132.0, 19166.0, 19179.0, 19157.0, 19172.0, 19188.0, 19202.0, 19184.0, 19163.0, 19133.0, 19158.0, 19166.0, 19141.0, 19129.0, 19161.0, 19136.0, 19141.0, 19170.0, 19189.0, 19219.0, 19216.0, 19208.0, 19202.0, 19207.0, 19162.0, 19145.0, 19137.0, 19132.0, 19135.0, 19131.0, 19145.0, 19133.0, 19146.0, 19183.0, 19163.0, 19164.0, 19160.0, 19170.0, 19160.0, 19151.0, 19142.0, 19162.0, 19173.0, 19173.0, 19193.0, 19181.0, 19194.0, 19206.0, 19148.0, 19164.0, 19160.0, 19129.0, 19171.0, 19181.0, 19216.0, 19177.0, 19157.0, 19147.0, 19143.0, 19117.0, 19146.0, 19121.0, 19158.0, 19165.0, 19157.0, 19165.0, 19164.0, 19188.0, 19191.0, 19179.0, 19172.0, 19171.0, 19145.0, 19151.0, 19174.0, 19163.0, 19178.0, 19212.0, 19190.0, 19191.0, 19158.0, 19175.0, 19159.0, 19160.0, 19196.0, 19218.0, 19199.0, 19189.0, 19163.0, 19169.0, 19178.0, 19170.0, 19177.0, 19201.0, 19195.0, 19151.0, 19199.0, 19208.0, 19242.0, 19196.0, 19211.0, 19188.0, 19190.0, 19196.0, 19194.0, 19114.0, 19171.0, 19147.0, 19137.0, 19171.0, 19153.0, 19176.0, 19174.0, 19176.0, 19182.0, 19217.0, 19179.0, 19172.0, 19209.0, 19210.0, 19169.0, 19189.0, 19209.0, 19189.0, 19176.0, 19175.0, 19217.0, 19188.0, 19220.0, 19206.0, 19201.0, 19187.0, 19197.0, 19206.0, 19196.0, 19159.0, 19179.0, 19182.0, 19180.0, 19193.0, 19206.0, 19173.0, 19174.0, 19178.0, 19191.0, 19171.0, 19230.0, 19195.0, 19196.0, 19227.0, 19235.0, 19208.0, 19193.0, 19183.0, 19184.0, 19174.0, 19166.0, 19155.0, 19160.0, 19163.0, 19181.0, 19149.0, 19175.0, 19182.0, 19223.0, 19183.0, 19177.0, 19183.0, 19193.0, 19175.0, 19181.0, 19201.0, 19213.0, 19184.0, 19210.0, 19171.0, 19185.0, 19177.0, 19165.0, 19184.0, 19181.0, 19162.0, 19165.0, 19196.0, 19188.0, 19200.0, 19198.0, 19206.0, 19202.0, 19172.0, 19187.0, 19195.0, 19173.0, 19229.0, 19237.0]}, "slices": {}}}