{"AcquisitionMatrixPE": 96, "AcquisitionNumber": 1, "AcquisitionTime": "07:35:20.970000", "BandwidthPerPixelPhaseEncode": 33.602, "BaseResolution": 96, "BodyPartExamined": "BRAIN", "ConsistencyInfo": "N4_VD11D_LATEST_20110129", "ConversionSoftware": "dcm2niix", "ConversionSoftwareVersion": "v1.0.20210317", "DerivedVendorReportedEchoSpacing": 0.000620003, "DeviceSerialNumber": "45239", "DwellTime": 2.6e-06, "EchoTime": 0.03, "EchoTrainLength": 48, "EffectiveEchoSpacing": 0.000310001, "FlipAngle": 63, "ImageComments": "Unaliased MB4/PE3", "ImageOrientationPatientDICOM": [0.998371, 0.00530082, 0.0568067, 0.0263715, 0.840053, -0.541863], "ImageType": ["ORIGINAL", "PRIMARY", "M", "ND", "NORM", "MOSAIC"], "ImagingFrequency": 123.193, "InPlanePhaseEncodingDirectionDICOM": "COL", "InstitutionAddress": "E 24th St. 100,Austin,Southmiddle,US,78712", "InstitutionName": "Univ of Texas at Austin", "InstitutionalDepartmentName": "IRC", "MRAcquisitionType": "2D", "MagneticFieldStrength": 3, "Manufacturer": "Siemens", "ManufacturersModelName": "Skyra", "Modality": "MR", "MultibandAccelerationFactor": 4, "ParallelReductionFactorInPlane": 2, "PartialFourier": 1, "PatientPosition": "HFS", "PercentPhaseFOV": 100, "PercentSampling": 100, "PhaseEncodingDirection": "j-", "PhaseEncodingSteps": 96, "PhaseResolution": 1, "PixelBandwidth": 2005, "ProcedureStepDescription": "Poldrack2^self-scanning", "ProtocolName": "Resting State fMRI MBEPI_matrix96_BW2004", "PulseSequenceDetails": "%CustomerSeq%\\cmrr_mbep2d_bold", "ReceiveCoilActiveElements": "HEA;HEP", "ReceiveCoilName": "Head_32", "ReconMatrixPE": 96, "RefLinesPE": 94, "RepetitionTime": 1.16, "SAR": 0.110931, "ScanOptions": "FS", "ScanningSequence": "EP", "SequenceName": "epfid2d1_96", "SequenceVariant": "SK", "SeriesDescription": "Resting State fMRI MBEPI_matrix96_BW2004", "SeriesNumber": 9, "ShimSetting": [-2760, 8014, -15457, 201, -184, 79, 235, -105], "SliceThickness": 2, "SliceTiming": [0, 0.6125, 0.0675, 0.68, 0.135, 0.75, 0.205, 0.8175, 0.2725, 0.885, 0.34, 0.955, 0.4075, 1.0225, 0.4775, 1.09, 0.545, 0, 0.6125, 0.0675, 0.68, 0.135, 0.75, 0.205, 0.8175, 0.2725, 0.885, 0.34, 0.955, 0.4075, 1.0225, 0.4775, 1.09, 0.545, 0, 0.6125, 0.0675, 0.68, 0.135, 0.75, 0.205, 0.8175, 0.2725, 0.885, 0.34, 0.955, 0.4075, 1.0225, 0.4775, 1.09, 0.545, 0, 0.6125, 0.0675, 0.68, 0.135, 0.75, 0.205, 0.8175, 0.2725, 0.885, 0.34, 0.955, 0.4075, 1.0225, 0.4775, 1.09, 0.545], "SoftwareVersions": "syngo MR D11", "SpacingBetweenSlices": 2.4, "StationName": "AWP45239", "TaskName": "Resting fmri", "TotalReadoutTime": 0.0294501, "TxRefAmp": 348.9, "WipMemBlock": "9bb30b8e-d238-473e-a1ac-0610c899b282||Sequence: VD11D r154; May 23 2012 22:27:19 by eja", "dcmmeta_affine": [[-2.3919308185577393, 0.06318161636590958, 0.12142306566238403, 108.8541259765625], [-0.01269987691193819, 2.0126264095306396, -1.301949143409729, -63.90427780151367], [0.13609938323497772, 1.298214316368103, 2.0125069618225098, -102.93244171142578], [0.0, 0.0, 0.0, 1.0]], "dcmmeta_reorient_transform": [[0.0, -1.0, 0.0, 95.0], [1.0, 0.0, 0.0, 0.0], [0.0, 0.0, 1.0, 0.0], [0.0, 0.0, 0.0, 1.0]], "dcmmeta_shape": [96, 96, 68, 518], "dcmmeta_slice_dim": 2, "dcmmeta_version": 0.6, "global": {"const": {"AcquisitionMatrix": [96, 0, 0, 96], "AngioFlag": "N", "BitsAllocated": 16, "BitsStored": 16, "BodyPartExamined": "BRAIN", "Columns": 864, "EchoNumbers": 1, "EchoTime": 30.0, "EchoTrainLength": 48, "FlipAngle": 63.0, "HighBit": 15, "ImageOrientationPatient": [0.99837112346592, 0.00530081852065, 0.05680669989017, 0.02637145887018, 0.84005275273476, -0.5418633764888], "ImagePositionPatient": [-1057.6195229106, -905.02048227466, 466.65004148411], "ImageType": ["ORIGINAL", "PRIMARY", "M", "ND", "NORM", "MOSAIC"], "ImagedNucleus": "1H", "ImagingFrequency": 123.193386, "InPlanePhaseEncodingDirection": "COL", "MRAcquisitionType": "2D", "MagneticFieldStrength": 3.0, "Manufacturer": "SIEMENS", "ManufacturerModelName": "Skyra", "Modality": "MR", "NumberOfAverages": 1.0, "NumberOfPhaseEncodingSteps": 96, "PercentPhaseFieldOfView": 100.0, "PercentSampling": 100.0, "PerformedProcedureStepStartTime": "072219.875000", "PhotometricInterpretation": "MONOCHROME2", "PixelBandwidth": 2005.0, "PixelRepresentation": 0, "PixelSpacing": [2.3958332538605, 2.3958332538605], "ProtocolName": "Resting State fMRI MBEPI_matrix96_BW2004", "RepetitionTime": 1160.0, "Rows": 864, "SAR": 0.11093069513642, "SamplesPerPixel": 1, "ScanOptions": "FS", "ScanningSequence": "EP", "SequenceName": "epfid2d1_96", "SequenceVariant": "SK", "SeriesDescription": "Resting State fMRI MBEPI_matrix96_BW2004", "SeriesNumber": 9, "SeriesTime": "073608.484000", "SliceLocation": -46.139479328205, "SliceThickness": 2.0, "SmallestImagePixelValue": 0, "SoftwareVersions": "syngo MR D11", "SpacingBetweenSlices": 2.3999999611402, "SpecificCharacterSet": "ISO_IR 100", "StudyID": "1", "StudyTime": "072219.843000", "TransmitCoilName": "Body", "VariableFlipAngleFlag": "N", "WindowCenterWidthExplanation": "Algo1", "dBdt": 0.0}, "slices": {}}, "time": {"samples": {"AcquisitionNumber": [1, 2, 3, 4, 5, 6, 7, 8, 9, 10, 11, 12, 13, 14, 15, 16, 17, 18, 19, 20, 21, 22, 23, 24, 25, 26, 27, 28, 29, 30, 31, 32, 33, 34, 35, 36, 37, 38, 39, 40, 41, 42, 43, 44, 45, 46, 47, 48, 49, 50, 51, 52, 53, 54, 55, 56, 57, 58, 59, 60, 61, 62, 63, 64, 65, 66, 67, 68, 69, 70, 71, 72, 73, 74, 75, 76, 77, 78, 79, 80, 81, 82, 83, 84, 85, 86, 87, 88, 89, 90, 91, 92, 93, 94, 95, 96, 97, 98, 99, 100, 101, 102, 103, 104, 105, 106, 107, 108, 109, 110, 111, 112, 113, 114, 115, 116, 117, 118, 119, 120, 121, 122, 123, 124, 125, 126, 127, 128, 129, 130, 131, 132, 133, 134, 135, 136, 137, 138, 139, 140, 141, 142, 143, 144, 145, 146, 147, 148, 149, 150, 151, 152, 153, 154, 155, 156, 157, 158, 159, 160, 161, 162, 163, 164, 165, 166, 167, 168, 169, 170, 171, 172, 173, 174, 175, 176, 177, 178, 179, 180, 181, 182, 183, 184, 185, 186, 187, 188, 189, 190, 191, 192, 193, 194, 195, 196, 197, 198, 199, 200, 201, 202, 203, 204, 205, 206, 207, 208, 209, 210, 211, 212, 213, 214, 215, 216, 217, 218, 219, 220, 221, 222, 223, 224, 225, 226, 227, 228, 229, 230, 231, 232, 233, 234, 235, 236, 237, 238, 239, 240, 241, 242, 243, 244, 245, 246, 247, 248, 249, 250, 251, 252, 253, 254, 255, 256, 257, 258, 259, 260, 261, 262, 263, 264, 265, 266, 267, 268, 269, 270, 271, 272, 273, 274, 275, 276, 277, 278, 279, 280, 281, 282, 283, 284, 285, 286, 287, 288, 289, 290, 291, 292, 293, 294, 295, 296, 297, 298, 299, 300, 301, 302, 303, 304, 305, 306, 307, 308, 309, 310, 311, 312, 313, 314, 315, 316, 317, 318, 319, 320, 321, 322, 323, 324, 325, 326, 327, 328, 329, 330, 331, 332, 333, 334, 335, 336, 337, 338, 339, 340, 341, 342, 343, 344, 345, 346, 347, 348, 349, 350, 351, 352, 353, 354, 355, 356, 357, 358, 359, 360, 361, 362, 363, 364, 365, 366, 367, 368, 369, 370, 371, 372, 373, 374, 375, 376, 377, 378, 379, 380, 381, 382, 383, 384, 385, 386, 387, 388, 389, 390, 391, 392, 393, 394, 395, 396, 397, 398, 399, 400, 401, 402, 403, 404, 405, 406, 407, 408, 409, 410, 411, 412, 413, 414, 415, 416, 417, 418, 419, 420, 421, 422, 423, 424, 425, 426, 427, 428, 429, 430, 431, 432, 433, 434, 435, 436, 437, 438, 439, 440, 441, 442, 443, 444, 445, 446, 447, 448, 449, 450, 451, 452, 453, 454, 455, 456, 457, 458, 459, 460, 461, 462, 463, 464, 465, 466, 467, 468, 469, 470, 471, 472, 473, 474, 475, 476, 477, 478, 479, 480, 481, 482, 483, 484, 485, 486, 487, 488, 489, 490, 491, 492, 493, 494, 495, 496, 497, 498, 499, 500, 501, 502, 503, 504, 505, 506, 507, 508, 509, 510, 511, 512, 513, 514, 515, 516, 517, 518], "AcquisitionTime": ["073520.970000", "073549.970000", "073551.130000", "073552.290000", "073553.450000", "073554.610000", "073555.770000", "073556.930000", "073558.090000", "073559.250000", "073600.410000", "073601.570000", "073602.730000", "073603.890000", "073605.050000", "073606.210000", "073607.370000", "073608.530000", "073609.690000", "073610.850000", "073612.010000", "073613.170000", "073614.330000", "073615.490000", "073616.650000", "073617.810000", "073618.970000", "073620.130000", "073621.290000", "073622.450000", "073623.610000", "073624.770000", "073625.930000", "073627.090000", "073628.250000", "073629.410000", "073630.570000", "073631.730000", "073632.890000", "073634.050000", "073635.210000", "073636.370000", "073637.530000", "073638.690000", "073639.850000", "073641.010000", "073642.170000", "073643.330000", "073644.490000", "073645.650000", "073646.810000", "073647.970000", "073649.130000", "073650.290000", "073651.450000", "073652.610000", "073653.770000", "073654.930000", "073656.090000", "073657.250000", "073658.410000", "073659.570000", "073700.730000", "073701.890000", "073703.050000", "073704.210000", "073705.370000", "073706.530000", "073707.690000", "073708.850000", "073710.010000", "073711.170000", "073712.330000", "073713.490000", "073714.650000", "073715.810000", "073716.970000", "073718.130000", "073719.290000", "073720.450000", "073721.610000", "073722.770000", "073723.930000", "073725.090000", "073726.250000", "073727.410000", "073728.570000", "073729.730000", "073730.890000", "073732.050000", "073733.210000", "073734.370000", "073735.530000", "073736.690000", "073737.850000", "073739.010000", "073740.170000", "073741.330000", "073742.490000", "073743.650000", "073744.810000", "073745.970000", "073747.130000", "073748.290000", "073749.450000", "073750.610000", "073751.770000", "073752.930000", "073754.090000", "073755.250000", "073756.410000", "073757.570000", "073758.730000", "073759.890000", "073801.050000", "073802.210000", "073803.370000", "073804.530000", "073805.690000", "073806.850000", "073808.010000", "073809.170000", "073810.330000", "073811.490000", "073812.650000", "073813.810000", "073814.970000", "073816.130000", "073817.290000", "073818.450000", "073819.610000", "073820.770000", "073821.930000", "073823.090000", "073824.250000", "073825.410000", "073826.570000", "073827.730000", "073828.890000", "073830.050000", "073831.210000", "073832.370000", "073833.530000", "073834.690000", "073835.850000", "073837.010000", "073838.170000", "073839.330000", "073840.490000", "073841.650000", "073842.810000", "073843.970000", "073845.130000", "073846.290000", "073847.450000", "073848.610000", "073849.770000", "073850.930000", "073852.090000", "073853.250000", "073854.410000", "073855.570000", "073856.730000", "073857.890000", "073859.050000", "073900.210000", "073901.370000", "073902.530000", "073903.690000", "073904.850000", "073906.010000", "073907.170000", "073908.330000", "073909.490000", "073910.650000", "073911.810000", "073912.970000", "073914.130000", "073915.290000", "073916.450000", "073917.610000", "073918.770000", "073919.930000", "073921.090000", "073922.250000", "073923.410000", "073924.570000", "073925.730000", "073926.890000", "073928.050000", "073929.210000", "073930.370000", "073931.530000", "073932.690000", "073933.850000", "073935.010000", "073936.170000", "073937.330000", "073938.490000", "073939.650000", "073940.810000", "073941.970000", "073943.130000", "073944.290000", "073945.450000", "073946.610000", "073947.770000", "073948.930000", "073950.090000", "073951.250000", "073952.410000", "073953.570000", "073954.730000", "073955.890000", "073957.050000", "073958.210000", "073959.370000", "074000.530000", "074001.690000", "074002.850000", "074004.010000", "074005.170000", "074006.330000", "074007.490000", "074008.650000", "074009.810000", "074010.970000", "074012.130000", "074013.290000", "074014.450000", "074015.610000", "074016.770000", "074017.930000", "074019.090000", "074020.250000", "074021.410000", "074022.570000", "074023.730000", "074024.890000", "074026.050000", "074027.210000", "074028.370000", "074029.530000", "074030.690000", "074031.850000", "074033.010000", "074034.170000", "074035.330000", "074036.490000", "074037.650000", "074038.810000", "074039.970000", "074041.130000", "074042.290000", "074043.450000", "074044.610000", "074045.770000", "074046.930000", "074048.090000", "074049.250000", "074050.410000", "074051.570000", "074052.730000", "074053.890000", "074055.050000", "074056.210000", "074057.370000", "074058.530000", "074059.690000", "074100.850000", "074102.010000", "074103.170000", "074104.330000", "074105.490000", "074106.650000", "074107.810000", "074108.970000", "074110.130000", "074111.290000", "074112.450000", "074113.610000", "074114.770000", "074115.930000", "074117.090000", "074118.250000", "074119.410000", "074120.570000", "074121.730000", "074122.890000", "074124.050000", "074125.210000", "074126.370000", "074127.530000", "074128.690000", "074129.850000", "074131.010000", "074132.170000", "074133.330000", "074134.490000", "074135.650000", "074136.810000", "074137.970000", "074139.130000", "074140.290000", "074141.450000", "074142.610000", "074143.770000", "074144.930000", "074146.090000", "074147.250000", "074148.410000", "074149.570000", "074150.730000", "074151.890000", "074153.050000", "074154.210000", "074155.370000", "074156.530000", "074157.690000", "074158.850000", "074200.010000", "074201.170000", "074202.330000", "074203.490000", "074204.650000", "074205.810000", "074206.970000", "074208.130000", "074209.290000", "074210.450000", "074211.610000", "074212.770000", "074213.930000", "074215.090000", "074216.250000", "074217.410000", "074218.570000", "074219.730000", "074220.890000", "074222.050000", "074223.210000", "074224.370000", "074225.530000", "074226.690000", "074227.850000", "074229.010000", "074230.170000", "074231.330000", "074232.490000", "074233.650000", "074234.810000", "074235.970000", "074237.130000", "074238.290000", "074239.450000", "074240.610000", "074241.770000", "074242.930000", "074244.090000", "074245.250000", "074246.410000", "074247.570000", "074248.730000", "074249.890000", "074251.050000", "074252.210000", "074253.370000", "074254.530000", "074255.690000", "074256.850000", "074258.010000", "074259.170000", "074300.330000", "074301.490000", "074302.650000", "074303.810000", "074304.970000", "074306.130000", "074307.290000", "074308.450000", "074309.610000", "074310.770000", "074311.930000", "074313.090000", "074314.250000", "074315.410000", "074316.570000", "074317.730000", "074318.890000", "074320.050000", "074321.210000", "074322.370000", "074323.530000", "074324.690000", "074325.850000", "074327.010000", "074328.170000", "074329.330000", "074330.490000", "074331.650000", "074332.810000", "074333.970000", "074335.130000", "074336.290000", "074337.450000", "074338.610000", "074339.770000", "074340.930000", "074342.090000", "074343.250000", "074344.410000", "074345.570000", "074346.730000", "074347.890000", "074349.050000", "074350.210000", "074351.370000", "074352.530000", "074353.690000", "074354.850000", "074356.010000", "074357.170000", "074358.330000", "074359.490000", "074400.650000", "074401.810000", "074402.970000", "074404.130000", "074405.290000", "074406.450000", "074407.610000", "074408.770000", "074409.930000", "074411.090000", "074412.250000", "074413.410000", "074414.570000", "074415.730000", "074416.890000", "074418.050000", "074419.210000", "074420.370000", "074421.530000", "074422.690000", "074423.850000", "074425.010000", "074426.170000", "074427.330000", "074428.490000", "074429.650000", "074430.810000", "074431.970000", "074433.130000", "074434.290000", "074435.450000", "074436.610000", "074437.770000", "074438.930000", "074440.090000", "074441.250000", "074442.410000", "074443.570000", "074444.730000", "074445.890000", "074447.050000", "074448.210000", "074449.370000", "074450.530000", "074451.690000", "074452.850000", "074454.010000", "074455.170000", "074456.330000", "074457.490000", "074458.650000", "074459.810000", "074500.970000", "074502.130000", "074503.290000", "074504.450000", "074505.610000", "074506.770000", "074507.930000", "074509.090000", "074510.250000", "074511.410000", "074512.570000", "074513.730000", "074514.890000", "074516.050000", "074517.210000", "074518.370000", "074519.530000", "074520.690000", "074521.850000", "074523.010000", "074524.170000", "074525.330000", "074526.490000", "074527.650000", "074528.810000", "074529.970000", "074531.130000", "074532.290000", "074533.450000", "074534.610000", "074535.770000", "074536.930000", "074538.090000", "074539.250000", "074540.410000", "074541.570000", "074542.730000", "074543.890000", "074545.050000", "074546.210000", "074547.370000", "074548.530000"], "ContentTime": ["073608.484000", "073616.671000", "073616.671000", "073616.671000", "073616.687000", "073616.687000", "073621.671000", "073621.671000", "073621.671000", "073626.671000", "073626.671000", "073631.671000", "073631.671000", "073631.671000", "073636.671000", "073636.671000", "073641.671000", "073641.671000", "073641.671000", "073646.671000", "073646.671000", "073646.671000", "073651.671000", "073651.671000", "073656.671000", "073656.671000", "073656.671000", "073701.671000", "073701.671000", "073701.671000", "073706.671000", "073706.671000", "073711.671000", "073711.671000", "073716.671000", "073716.671000", "073716.687000", "073721.671000", "073721.671000", "073721.671000", "073726.671000", "073726.671000", "073731.671000", "073731.671000", "073731.687000", "073736.671000", "073736.671000", "073741.671000", "073741.671000", "073741.671000", "073746.671000", "073746.671000", "073751.671000", "073751.671000", "073751.671000", "073756.671000", "073756.671000", "073801.671000", "073801.671000", "073801.687000", "073806.671000", "073806.671000", "073806.671000", "073811.671000", "073811.671000", "073816.671000", "073816.671000", "073821.671000", "073821.671000", "073821.687000", "073826.671000", "073826.671000", "073831.671000", "073831.671000", "073831.671000", "073836.671000", "073836.671000", "073836.687000", "073841.671000", "073841.671000", "073846.671000", "073846.671000", "073846.671000", "073851.671000", "073851.671000", "073851.671000", "073856.671000", "073856.671000", "073901.671000", "073901.671000", "073901.687000", "073906.671000", "073906.671000", "073911.671000", "073911.671000", "073911.671000", "073916.671000", "073916.671000", "073921.671000", "073921.671000", "073921.687000", "073926.671000", "073926.671000", "073926.671000", "073931.671000", "073931.671000", "073936.671000", "073936.671000", "073936.687000", "073941.671000", "073941.671000", "073946.671000", "073946.671000", "073946.671000", "073951.671000", "073951.671000", "073956.671000", "073956.671000", "073956.671000", "074001.671000", "074001.671000", "074006.671000", "074006.671000", "074006.671000", "074011.671000", "074011.671000", "074011.671000", "074016.671000", "074016.671000", "074021.671000", "074021.671000", "074021.671000", "074026.671000", "074026.687000", "074031.671000", "074031.687000", "074031.687000", "074036.671000", "074036.671000", "074036.671000", "074041.671000", "074041.687000", "074046.671000", "074046.671000", "074046.671000", "074051.671000", "074051.671000", "074056.671000", "074056.671000", "074056.687000", "074101.671000", "074101.671000", "074106.671000", "074106.671000", "074106.671000", "074111.671000", "074111.671000", "074116.671000", "074116.671000", "074116.671000", "074121.671000", "074121.671000", "074126.671000", "074126.671000", "074126.671000", "074131.671000", "074131.671000", "074131.671000", "074136.671000", "074136.671000", "074141.671000", "074141.671000", "074141.671000", "074146.671000", "074146.671000", "074151.671000", "074151.671000", "074151.687000", "074156.671000", "074156.671000", "074201.671000", "074201.671000", "074201.671000", "074206.671000", "074206.671000", "074211.671000", "074211.671000", "074211.671000", "074216.671000", "074216.671000", "074216.687000", "074221.671000", "074221.671000", "074226.671000", "074226.671000", "074231.671000", "074231.671000", "074231.687000", "074236.671000", "074236.671000", "074236.671000", "074241.671000", "074241.671000", "074246.671000", "074246.671000", "074246.687000", "074251.671000", "074251.671000", "074256.671000", "074256.671000", "074256.671000", "074301.671000", "074301.671000", "074301.671000", "074306.671000", "074306.671000", "074311.671000", "074311.671000", "074311.671000", "074316.671000", "074316.671000", "074321.671000", "074321.671000", "074321.671000", "074326.671000", "074326.671000", "074326.671000", "074331.671000", "074331.671000", "074336.671000", "074336.671000", "074336.671000", "074341.671000", "074341.687000", "074346.671000", "074346.671000", "074346.687000", "074351.671000", "074351.671000", "074351.671000", "074356.671000", "074356.671000", "074401.671000", "074401.671000", "074401.671000", "074406.671000", "074406.671000", "074411.671000", "074411.671000", "074416.671000", "074416.671000", "074416.671000", "074421.671000", "074421.671000", "074426.671000", "074426.671000", "074426.687000", "074431.671000", "074431.671000", "074436.671000", "074436.671000", "074436.687000", "074441.671000", "074441.671000", "074441.671000", "074446.671000", "074446.671000", "074451.671000", "074451.671000", "074451.671000", "074456.671000", "074456.671000", "074501.671000", "074501.671000", "074501.671000", "074506.671000", "074506.671000", "074511.671000", "074511.671000", "074511.671000", "074516.671000", "074516.671000", "074516.671000", "074521.671000", "074521.671000", "074526.671000", "074526.671000", "074526.671000", "074531.671000", "074531.671000", "074536.671000", "074536.671000", "074536.687000", "074541.671000", "074541.671000", "074541.671000", "074546.671000", "074546.671000", "074551.671000", "074551.671000", "074551.671000", "074556.671000", "074556.671000", "074601.671000", "074601.671000", "074601.671000", "074606.671000", "074606.671000", "074606.671000", "074611.671000", "074611.671000", "074611.671000", "074616.671000", "074616.671000", "074616.671000", "074621.671000", "074621.671000", "074626.671000", "074626.671000", "074626.671000", "074631.671000", "074631.671000", "074631.687000", "074636.671000", "074636.671000", "074641.671000", "074641.671000", "074641.671000", "074646.671000", "074646.671000", "074646.687000", "074651.671000", "074651.671000", "074651.687000", "074656.671000", "074656.671000", "074701.671000", "074701.671000", "074701.687000", "074706.671000", "074706.671000", "074706.687000", "074711.671000", "074711.671000", "074716.671000", "074716.671000", "074716.671000", "074721.671000", "074721.671000", "074721.671000", "074726.671000", "074726.671000", "074731.671000", "074731.671000", "074731.687000", "074736.671000", "074736.671000", "074736.687000", "074741.671000", "074741.671000", "074741.671000", "074746.671000", "074746.671000", "074751.671000", "074751.671000", "074751.687000", "074756.671000", "074756.671000", "074756.671000", "074806.671000", "074806.671000", "074806.671000", "074806.671000", "074806.671000", "074811.671000", "074811.671000", "074811.671000", "074816.671000", "074816.687000", "074821.671000", "074821.671000", "074821.671000", "074826.671000", "074826.671000", "074826.687000", "074831.671000", "074831.687000", "074836.671000", "074836.687000", "074836.687000", "074841.671000", "074841.671000", "074841.671000", "074846.671000", "074846.671000", "074846.671000", "074851.671000", "074851.671000", "074856.671000", "074856.671000", "074856.671000", "074901.671000", "074901.671000", "074901.671000", "074906.671000", "074906.671000", "074906.687000", "074911.671000", "074911.671000", "074916.671000", "074916.671000", "074916.671000", "074921.671000", "074921.671000", "074921.687000", "074926.671000", "074926.671000", "074926.671000", "074931.671000", "074931.671000", "074931.671000", "074936.671000", "074936.671000", "074941.671000", "074941.671000", "074941.671000", "074946.671000", "074946.671000", "074946.671000", "074951.671000", "074951.671000", "074951.671000", "074956.671000", "074956.671000", "075001.671000", "075001.671000", "075001.671000", "075006.671000", "075006.671000", "075006.671000", "075011.671000", "075011.671000", "075011.671000", "075016.671000", "075016.671000", "075021.671000", "075021.671000", "075021.671000", "075026.671000", "075026.671000", "075026.671000", "075031.671000", "075031.671000", "075031.671000", "075036.671000", "075036.687000", "075041.671000", "075041.687000", "075041.687000", "075046.671000", "075046.671000", "075046.687000", "075051.671000", "075051.687000", "075056.671000", "075056.687000", "075056.687000", "075101.671000", "075101.671000", "075101.671000", "075106.671000", "075106.671000", "075106.671000", "075111.671000", "075111.687000", "075111.687000", "075116.671000", "075116.671000", "075121.671000", "075121.671000", "075121.671000", "075126.671000", "075126.671000", "075131.671000", "075131.671000", "075131.671000", "075136.671000", "075136.671000", "075136.671000", "075141.671000", "075141.671000", "075146.671000", "075146.671000", "075146.671000", "075151.671000", "075151.671000", "075156.671000", "075156.671000", "075156.671000", "075201.671000", "075201.671000", "075201.671000", "075206.671000", "075206.671000", "075211.671000", "075211.671000", "075211.671000", "075216.671000", "075216.671000", "075216.671000", "075221.671000", "075221.671000", "075221.671000", "075226.671000", "075226.671000", "075226.671000", "075229.968000", "075229.968000"], "InstanceCreationTime": ["073608.484000", "073616.671000", "073616.671000", "073616.671000", "073616.687000", "073616.687000", "073621.671000", "073621.671000", "073621.671000", "073626.671000", "073626.671000", "073631.671000", "073631.671000", "073631.671000", "073636.671000", "073636.671000", "073641.671000", "073641.671000", "073641.671000", "073646.671000", "073646.671000", "073646.671000", "073651.671000", "073651.671000", "073656.671000", "073656.671000", "073656.671000", "073701.671000", "073701.671000", "073701.671000", "073706.671000", "073706.671000", "073711.671000", "073711.671000", "073716.671000", "073716.671000", "073716.687000", "073721.671000", "073721.671000", "073721.671000", "073726.671000", "073726.671000", "073731.671000", "073731.671000", "073731.687000", "073736.671000", "073736.671000", "073741.671000", "073741.671000", "073741.671000", "073746.671000", "073746.671000", "073751.671000", "073751.671000", "073751.671000", "073756.671000", "073756.671000", "073801.671000", "073801.671000", "073801.687000", "073806.671000", "073806.671000", "073806.671000", "073811.671000", "073811.671000", "073816.671000", "073816.671000", "073821.671000", "073821.671000", "073821.687000", "073826.671000", "073826.671000", "073831.671000", "073831.671000", "073831.671000", "073836.671000", "073836.671000", "073836.687000", "073841.671000", "073841.671000", "073846.671000", "073846.671000", "073846.671000", "073851.671000", "073851.671000", "073851.671000", "073856.671000", "073856.671000", "073901.671000", "073901.671000", "073901.687000", "073906.671000", "073906.671000", "073911.671000", "073911.671000", "073911.671000", "073916.671000", "073916.671000", "073921.671000", "073921.671000", "073921.687000", "073926.671000", "073926.671000", "073926.671000", "073931.671000", "073931.671000", "073936.671000", "073936.671000", "073936.687000", "073941.671000", "073941.671000", "073946.671000", "073946.671000", "073946.671000", "073951.671000", "073951.671000", "073956.671000", "073956.671000", "073956.671000", "074001.671000", "074001.671000", "074006.671000", "074006.671000", "074006.671000", "074011.671000", "074011.671000", "074011.671000", "074016.671000", "074016.671000", "074021.671000", "074021.671000", "074021.671000", "074026.671000", "074026.687000", "074031.671000", "074031.687000", "074031.687000", "074036.671000", "074036.671000", "074036.671000", "074041.671000", "074041.687000", "074046.671000", "074046.671000", "074046.671000", "074051.671000", "074051.671000", "074056.671000", "074056.671000", "074056.687000", "074101.671000", "074101.671000", "074106.671000", "074106.671000", "074106.671000", "074111.671000", "074111.671000", "074116.671000", "074116.671000", "074116.671000", "074121.671000", "074121.671000", "074126.671000", "074126.671000", "074126.671000", "074131.671000", "074131.671000", "074131.671000", "074136.671000", "074136.671000", "074141.671000", "074141.671000", "074141.671000", "074146.671000", "074146.671000", "074151.671000", "074151.671000", "074151.687000", "074156.671000", "074156.671000", "074201.671000", "074201.671000", "074201.671000", "074206.671000", "074206.671000", "074211.671000", "074211.671000", "074211.671000", "074216.671000", "074216.671000", "074216.687000", "074221.671000", "074221.671000", "074226.671000", "074226.671000", "074231.671000", "074231.671000", "074231.687000", "074236.671000", "074236.671000", "074236.671000", "074241.671000", "074241.671000", "074246.671000", "074246.671000", "074246.687000", "074251.671000", "074251.671000", "074256.671000", "074256.671000", "074256.671000", "074301.671000", "074301.671000", "074301.671000", "074306.671000", "074306.671000", "074311.671000", "074311.671000", "074311.671000", "074316.671000", "074316.671000", "074321.671000", "074321.671000", "074321.671000", "074326.671000", "074326.671000", "074326.671000", "074331.671000", "074331.671000", "074336.671000", "074336.671000", "074336.671000", "074341.671000", "074341.687000", "074346.671000", "074346.671000", "074346.687000", "074351.671000", "074351.671000", "074351.671000", "074356.671000", "074356.671000", "074401.671000", "074401.671000", "074401.671000", "074406.671000", "074406.671000", "074411.671000", "074411.671000", "074416.671000", "074416.671000", "074416.671000", "074421.671000", "074421.671000", "074426.671000", "074426.671000", "074426.687000", "074431.671000", "074431.671000", "074436.671000", "074436.671000", "074436.687000", "074441.671000", "074441.671000", "074441.671000", "074446.671000", "074446.671000", "074451.671000", "074451.671000", "074451.671000", "074456.671000", "074456.671000", "074501.671000", "074501.671000", "074501.671000", "074506.671000", "074506.671000", "074511.671000", "074511.671000", "074511.671000", "074516.671000", "074516.671000", "074516.671000", "074521.671000", "074521.671000", "074526.671000", "074526.671000", "074526.671000", "074531.671000", "074531.671000", "074536.671000", "074536.671000", "074536.687000", "074541.671000", "074541.671000", "074541.671000", "074546.671000", "074546.671000", "074551.671000", "074551.671000", "074551.671000", "074556.671000", "074556.671000", "074601.671000", "074601.671000", "074601.671000", "074606.671000", "074606.671000", "074606.671000", "074611.671000", "074611.671000", "074611.671000", "074616.671000", "074616.671000", "074616.671000", "074621.671000", "074621.671000", "074626.671000", "074626.671000", "074626.671000", "074631.671000", "074631.671000", "074631.687000", "074636.671000", "074636.671000", "074641.671000", "074641.671000", "074641.671000", "074646.671000", "074646.671000", "074646.687000", "074651.671000", "074651.671000", "074651.687000", "074656.671000", "074656.671000", "074701.671000", "074701.671000", "074701.687000", "074706.671000", "074706.671000", "074706.687000", "074711.671000", "074711.671000", "074716.671000", "074716.671000", "074716.671000", "074721.671000", "074721.671000", "074721.671000", "074726.671000", "074726.671000", "074731.671000", "074731.671000", "074731.687000", "074736.671000", "074736.671000", "074736.687000", "074741.671000", "074741.671000", "074741.671000", "074746.671000", "074746.671000", "074751.671000", "074751.671000", "074751.687000", "074756.671000", "074756.671000", "074756.671000", "074806.671000", "074806.671000", "074806.671000", "074806.671000", "074806.671000", "074811.671000", "074811.671000", "074811.671000", "074816.671000", "074816.687000", "074821.671000", "074821.671000", "074821.671000", "074826.671000", "074826.671000", "074826.687000", "074831.671000", "074831.687000", "074836.671000", "074836.687000", "074836.687000", "074841.671000", "074841.671000", "074841.671000", "074846.671000", "074846.671000", "074846.671000", "074851.671000", "074851.671000", "074856.671000", "074856.671000", "074856.671000", "074901.671000", "074901.671000", "074901.671000", "074906.671000", "074906.671000", "074906.687000", "074911.671000", "074911.671000", "074916.671000", "074916.671000", "074916.671000", "074921.671000", "074921.671000", "074921.687000", "074926.671000", "074926.671000", "074926.671000", "074931.671000", "074931.671000", "074931.671000", "074936.671000", "074936.671000", "074941.671000", "074941.671000", "074941.671000", "074946.671000", "074946.671000", "074946.671000", "074951.671000", "074951.671000", "074951.671000", "074956.671000", "074956.671000", "075001.671000", "075001.671000", "075001.671000", "075006.671000", "075006.671000", "075006.671000", "075011.671000", "075011.671000", "075011.671000", "075016.671000", "075016.671000", "075021.671000", "075021.671000", "075021.671000", "075026.671000", "075026.671000", "075026.671000", "075031.671000", "075031.671000", "075031.671000", "075036.671000", "075036.687000", "075041.671000", "075041.687000", "075041.687000", "075046.671000", "075046.671000", "075046.687000", "075051.671000", "075051.687000", "075056.671000", "075056.687000", "075056.687000", "075101.671000", "075101.671000", "075101.671000", "075106.671000", "075106.671000", "075106.671000", "075111.671000", "075111.687000", "075111.687000", "075116.671000", "075116.671000", "075121.671000", "075121.671000", "075121.671000", "075126.671000", "075126.671000", "075131.671000", "075131.671000", "075131.671000", "075136.671000", "075136.671000", "075136.671000", "075141.671000", "075141.671000", "075146.671000", "075146.671000", "075146.671000", "075151.671000", "075151.671000", "075156.671000", "075156.671000", "075156.671000", "075201.671000", "075201.671000", "075201.671000", "075206.671000", "075206.671000", "075211.671000", "075211.671000", "075211.671000", "075216.671000", "075216.671000", "075216.671000", "075221.671000", "075221.671000", "075221.671000", "075226.671000", "075226.671000", "075226.671000", "075229.968000", "075229.968000"], "InstanceNumber": [1, 2, 3, 4, 5, 6, 7, 8, 9, 10, 11, 12, 13, 14, 15, 16, 17, 18, 19, 20, 21, 22, 23, 24, 25, 26, 27, 28, 29, 30, 31, 32, 33, 34, 35, 36, 37, 38, 39, 40, 41, 42, 43, 44, 45, 46, 47, 48, 49, 50, 51, 52, 53, 54, 55, 56, 57, 58, 59, 60, 61, 62, 63, 64, 65, 66, 67, 68, 69, 70, 71, 72, 73, 74, 75, 76, 77, 78, 79, 80, 81, 82, 83, 84, 85, 86, 87, 88, 89, 90, 91, 92, 93, 94, 95, 96, 97, 98, 99, 100, 101, 102, 103, 104, 105, 106, 107, 108, 109, 110, 111, 112, 113, 114, 115, 116, 117, 118, 119, 120, 121, 122, 123, 124, 125, 126, 127, 128, 129, 130, 131, 132, 133, 134, 135, 136, 137, 138, 139, 140, 141, 142, 143, 144, 145, 146, 147, 148, 149, 150, 151, 152, 153, 154, 155, 156, 157, 158, 159, 160, 161, 162, 163, 164, 165, 166, 167, 168, 169, 170, 171, 172, 173, 174, 175, 176, 177, 178, 179, 180, 181, 182, 183, 184, 185, 186, 187, 188, 189, 190, 191, 192, 193, 194, 195, 196, 197, 198, 199, 200, 201, 202, 203, 204, 205, 206, 207, 208, 209, 210, 211, 212, 213, 214, 215, 216, 217, 218, 219, 220, 221, 222, 223, 224, 225, 226, 227, 228, 229, 230, 231, 232, 233, 234, 235, 236, 237, 238, 239, 240, 241, 242, 243, 244, 245, 246, 247, 248, 249, 250, 251, 252, 253, 254, 255, 256, 257, 258, 259, 260, 261, 262, 263, 264, 265, 266, 267, 268, 269, 270, 271, 272, 273, 274, 275, 276, 277, 278, 279, 280, 281, 282, 283, 284, 285, 286, 287, 288, 289, 290, 291, 292, 293, 294, 295, 296, 297, 298, 299, 300, 301, 302, 303, 304, 305, 306, 307, 308, 309, 310, 311, 312, 313, 314, 315, 316, 317, 318, 319, 320, 321, 322, 323, 324, 325, 326, 327, 328, 329, 330, 331, 332, 333, 334, 335, 336, 337, 338, 339, 340, 341, 342, 343, 344, 345, 346, 347, 348, 349, 350, 351, 352, 353, 354, 355, 356, 357, 358, 359, 360, 361, 362, 363, 364, 365, 366, 367, 368, 369, 370, 371, 372, 373, 374, 375, 376, 377, 378, 379, 380, 381, 382, 383, 384, 385, 386, 387, 388, 389, 390, 391, 392, 393, 394, 395, 396, 397, 398, 399, 400, 401, 402, 403, 404, 405, 406, 407, 408, 409, 410, 411, 412, 413, 414, 415, 416, 417, 418, 419, 420, 421, 422, 423, 424, 425, 426, 427, 428, 429, 430, 431, 432, 433, 434, 435, 436, 437, 438, 439, 440, 441, 442, 443, 444, 445, 446, 447, 448, 449, 450, 451, 452, 453, 454, 455, 456, 457, 458, 459, 460, 461, 462, 463, 464, 465, 466, 467, 468, 469, 470, 471, 472, 473, 474, 475, 476, 477, 478, 479, 480, 481, 482, 483, 484, 485, 486, 487, 488, 489, 490, 491, 492, 493, 494, 495, 496, 497, 498, 499, 500, 501, 502, 503, 504, 505, 506, 507, 508, 509, 510, 511, 512, 513, 514, 515, 516, 517, 518], "LargestImagePixelValue": [20208, 20211, 22545, 24700, 23650, 23100, 22113, 21468, 21444, 20188, 20047, 20345, 20301, 23903, 24724, 20851, 20229, 21154, 20030, 22274, 20177, 20986, 19924, 19203, 19729, 20204, 20208, 20106, 20110, 19883, 20202, 20282, 20755, 19589, 20470, 20799, 20173, 20167, 24170, 20241, 20274, 20500, 19942, 20661, 20180, 20112, 20333, 20312, 20084, 20203, 20435, 20397, 21001, 20158, 19961, 20850, 20250, 23857, 20001, 20988, 22745, 20197, 20182, 20345, 20350, 20236, 20193, 20367, 21292, 20370, 20225, 20295, 20194, 20527, 20321, 20568, 20635, 24261, 20545, 20265, 20100, 19936, 20956, 20348, 21495, 20062, 20188, 20672, 20819, 20893, 20203, 20218, 22891, 20331, 20346, 20390, 20521, 20535, 20272, 20105, 20598, 20391, 20341, 20143, 20059, 20697, 20252, 20275, 22304, 20196, 20491, 22035, 20220, 20140, 20177, 20307, 20159, 20162, 21122, 20244, 19896, 20262, 19921, 20234, 20730, 25431, 19986, 20369, 20936, 19921, 20051, 20915, 20324, 20561, 20423, 20070, 20254, 20414, 22018, 21059, 20639, 21214, 21730, 20079, 21368, 20920, 21183, 22022, 20540, 20339, 20261, 19808, 21828, 20762, 19980, 20757, 22843, 20375, 20391, 20167, 20194, 20118, 20495, 20741, 20277, 22118, 20719, 20168, 21037, 20845, 20475, 20917, 20815, 21608, 20783, 20776, 21005, 20912, 21001, 21080, 21695, 25603, 21241, 21952, 20980, 20279, 21095, 21099, 20809, 24366, 21641, 22385, 20819, 20576, 22060, 21290, 19983, 22062, 21104, 21719, 23587, 20509, 20295, 21387, 20546, 20407, 20439, 21854, 21002, 21069, 20155, 20822, 21366, 21187, 21527, 20433, 20672, 21516, 21453, 19953, 22023, 20999, 21570, 23457, 20598, 21005, 21741, 21081, 20863, 20525, 20734, 21811, 20391, 20466, 20694, 23064, 24623, 21453, 21119, 22524, 21287, 21788, 20840, 21325, 20834, 21641, 22229, 20937, 20925, 21073, 21653, 21559, 20870, 21674, 21286, 22868, 21662, 23430, 21654, 21673, 21290, 20098, 21801, 22433, 24899, 22006, 21428, 21330, 20106, 20941, 21004, 22802, 20872, 21741, 21420, 21542, 23036, 21384, 20259, 21943, 21014, 20692, 22296, 22440, 21062, 21992, 21351, 21989, 23780, 22351, 22513, 20818, 21481, 21383, 20587, 21269, 21399, 20818, 22440, 21976, 23099, 20558, 22520, 21828, 24740, 21346, 22277, 21127, 20508, 21400, 21664, 21673, 21295, 21979, 21953, 23035, 20546, 22840, 22035, 22428, 20675, 22376, 21107, 21905, 21178, 20917, 23102, 21541, 20487, 21654, 23209, 23321, 20334, 23128, 21844, 24355, 21255, 21454, 21575, 24024, 21374, 21397, 21593, 21862, 20263, 21226, 21216, 22018, 22557, 21497, 21833, 21271, 22236, 22204, 20726, 21515, 21838, 22549, 20379, 21191, 21485, 20558, 22987, 21776, 20222, 21774, 21744, 22332, 21230, 21880, 21845, 22550, 21070, 21459, 22355, 23375, 21826, 21077, 22301, 22371, 21377, 21824, 21787, 24294, 21993, 20342, 21548, 22097, 20637, 21174, 21833, 21949, 21078, 21558, 22146, 21323, 21797, 21826, 20665, 21814, 22600, 21084, 22165, 21440, 22275, 21739, 21656, 22764, 22573, 22958, 21385, 21807, 22491, 23466, 21265, 21657, 24132, 21593, 22447, 24454, 21621, 22714, 23100, 21178, 22674, 21685, 21985, 21660, 21685, 23855, 22113, 22738, 24263, 21620, 22304, 24543, 21094, 21044, 22799, 21515, 21939, 21409, 21786, 21277, 22102, 21445, 22253, 22019, 23856, 21664, 22671, 24431, 22025, 21952, 22079, 21286, 21274, 22201, 22219, 21700, 22802, 22459, 22092, 23255, 22012, 21088, 22519, 22270, 23435, 21775, 21636, 25295, 21929, 22096, 22303, 22040, 22028, 22010, 21840, 21232, 21608, 22772, 20980, 21970, 20722, 21571, 23670, 22549, 21590, 21552, 21698, 21873, 22729, 22146, 23170, 21489, 21999, 23146, 22222, 21745, 21383, 21534, 21871, 22747, 22323, 22817, 22103, 22411, 24934, 21505, 22209, 22712, 21210, 23080, 21829, 21607, 21804, 21383], "WindowCenter": [9120.0, 9115.0, 9127.0, 9130.0, 9110.0, 9098.0, 9088.0, 9083.0, 9102.0, 9094.0, 9084.0, 9082.0, 9084.0, 9105.0, 9073.0, 9072.0, 9080.0, 9092.0, 9095.0, 9207.0, 9141.0, 9122.0, 9084.0, 9078.0, 9082.0, 9092.0, 9094.0, 9102.0, 9097.0, 9090.0, 9090.0, 9078.0, 9095.0, 9091.0, 9094.0, 9094.0, 9090.0, 9092.0, 9115.0, 9081.0, 9072.0, 9077.0, 9070.0, 9090.0, 9088.0, 9094.0, 9097.0, 9101.0, 9087.0, 9089.0, 9097.0, 9083.0, 9110.0, 9103.0, 9105.0, 9119.0, 9108.0, 9118.0, 9083.0, 9073.0, 9085.0, 9067.0, 9075.0, 9081.0, 9088.0, 9101.0, 9102.0, 9100.0, 9096.0, 9088.0, 9085.0, 9060.0, 9081.0, 9092.0, 9073.0, 9096.0, 9083.0, 9088.0, 9076.0, 9079.0, 9080.0, 9083.0, 9082.0, 9068.0, 9088.0, 9063.0, 9077.0, 9077.0, 9090.0, 9089.0, 9095.0, 9083.0, 9102.0, 9073.0, 9042.0, 9075.0, 9074.0, 9081.0, 9091.0, 9093.0, 9079.0, 9085.0, 9060.0, 9069.0, 9084.0, 9079.0, 9093.0, 9102.0, 9097.0, 9089.0, 9088.0, 9098.0, 9085.0, 9095.0, 9091.0, 9084.0, 9102.0, 9099.0, 9097.0, 9066.0, 9095.0, 9109.0, 9104.0, 9104.0, 9106.0, 9131.0, 9094.0, 9083.0, 9087.0, 9086.0, 9096.0, 9102.0, 9093.0, 9090.0, 9086.0, 9087.0, 9091.0, 9095.0, 9107.0, 9088.0, 9092.0, 9089.0, 9088.0, 9079.0, 9093.0, 9066.0, 9076.0, 9049.0, 9051.0, 9080.0, 9077.0, 9096.0, 9099.0, 9086.0, 9074.0, 9067.0, 9066.0, 9051.0, 9079.0, 9057.0, 9083.0, 9089.0, 9097.0, 9069.0, 9065.0, 9095.0, 9086.0, 9090.0, 9093.0, 9086.0, 9098.0, 9076.0, 9106.0, 9071.0, 9091.0, 9097.0, 9072.0, 9079.0, 9069.0, 9093.0, 9098.0, 9118.0, 9096.0, 9094.0, 9088.0, 9085.0, 9078.0, 9077.0, 9076.0, 9101.0, 9090.0, 9091.0, 9068.0, 9089.0, 9086.0, 9082.0, 9095.0, 9094.0, 9087.0, 9091.0, 9115.0, 9081.0, 9099.0, 9101.0, 9101.0, 9075.0, 9074.0, 9078.0, 9101.0, 9092.0, 9068.0, 9070.0, 9077.0, 9100.0, 9085.0, 9063.0, 9077.0, 9101.0, 9107.0, 9072.0, 9121.0, 9076.0, 9071.0, 9108.0, 9066.0, 9092.0, 9107.0, 9090.0, 9100.0, 9068.0, 9076.0, 9079.0, 9070.0, 9073.0, 9089.0, 9095.0, 9197.0, 9114.0, 9106.0, 9105.0, 9074.0, 9090.0, 9091.0, 9089.0, 9093.0, 9129.0, 9119.0, 9109.0, 9114.0, 9103.0, 9090.0, 9111.0, 9114.0, 9104.0, 9115.0, 9098.0, 9083.0, 9120.0, 9097.0, 9115.0, 9113.0, 9088.0, 9115.0, 9089.0, 9109.0, 9110.0, 9103.0, 9115.0, 9109.0, 9100.0, 9118.0, 9127.0, 9082.0, 9101.0, 9105.0, 9088.0, 9126.0, 9116.0, 9109.0, 9113.0, 9101.0, 9114.0, 9106.0, 9112.0, 9116.0, 9125.0, 9112.0, 9103.0, 9119.0, 9095.0, 9103.0, 9092.0, 9118.0, 9104.0, 9122.0, 9115.0, 9122.0, 9124.0, 9135.0, 9123.0, 9133.0, 9113.0, 9125.0, 9127.0, 9115.0, 9116.0, 9121.0, 9108.0, 9114.0, 9083.0, 9110.0, 9091.0, 9096.0, 9114.0, 9092.0, 9100.0, 9087.0, 9093.0, 9110.0, 9112.0, 9108.0, 9110.0, 9123.0, 9114.0, 9109.0, 9097.0, 9100.0, 9116.0, 9090.0, 9124.0, 9141.0, 9122.0, 9088.0, 9142.0, 9125.0, 9129.0, 9110.0, 9106.0, 9105.0, 9126.0, 9107.0, 9104.0, 9108.0, 9129.0, 9121.0, 9098.0, 9083.0, 9119.0, 9103.0, 9098.0, 9117.0, 9098.0, 9093.0, 9112.0, 9109.0, 9125.0, 9121.0, 9109.0, 9128.0, 9131.0, 9123.0, 9113.0, 9127.0, 9098.0, 9088.0, 9125.0, 9107.0, 9114.0, 9121.0, 9125.0, 9124.0, 9132.0, 9106.0, 9116.0, 9126.0, 9113.0, 9129.0, 9130.0, 9112.0, 9113.0, 9130.0, 9113.0, 9107.0, 9136.0, 9106.0, 9113.0, 9132.0, 9136.0, 9108.0, 9121.0, 9113.0, 9133.0, 9134.0, 9121.0, 9139.0, 9116.0, 9151.0, 9111.0, 9110.0, 9138.0, 9139.0, 9136.0, 9142.0, 9139.0, 9137.0, 9130.0, 9135.0, 9140.0, 9143.0, 9146.0, 9132.0, 9129.0, 9129.0, 9118.0, 9135.0, 9133.0, 9127.0, 9131.0, 9132.0, 9133.0, 9120.0, 9125.0, 9138.0, 9109.0, 9129.0, 9115.0, 9121.0, 9120.0, 9125.0, 9146.0, 9111.0, 9140.0, 9144.0, 9124.0, 9122.0, 9147.0, 9115.0, 9130.0, 9142.0, 9137.0, 9150.0, 9131.0, 9142.0, 9136.0, 9142.0, 9115.0, 9136.0, 9131.0, 9134.0, 9141.0, 9157.0, 9170.0, 9152.0, 9121.0, 9133.0, 9121.0, 9142.0, 9113.0, 9122.0, 9127.0, 9137.0, 9145.0, 9131.0, 9135.0, 9135.0, 9133.0, 9145.0, 9143.0, 9153.0, 9148.0, 9141.0, 9160.0, 9147.0, 9155.0, 9152.0, 9154.0, 9145.0, 9148.0, 9153.0, 9140.0, 9146.0, 9150.0, 9155.0, 9160.0, 9160.0, 9162.0, 9167.0, 9157.0, 9151.0, 9138.0, 9122.0, 9133.0, 9166.0, 9153.0, 9159.0, 9154.0, 9156.0, 9166.0, 9126.0, 9141.0, 9124.0, 9123.0, 9134.0, 9166.0, 9145.0, 9153.0, 9126.0, 9119.0, 9160.0, 9111.0, 9107.0, 9126.0, 9140.0, 9154.0, 9147.0, 9141.0, 9138.0, 9122.0], "WindowWidth": [19265.0, 19253.0, 19269.0, 19268.0, 19225.0, 19203.0, 19181.0, 19173.0, 19213.0, 19202.0, 19182.0, 19178.0, 19179.0, 19212.0, 19148.0, 19153.0, 19171.0, 19193.0, 19203.0, 19473.0, 19306.0, 19259.0, 19183.0, 19166.0, 19176.0, 19194.0, 19204.0, 19220.0, 19210.0, 19195.0, 19195.0, 19171.0, 19200.0, 19198.0, 19200.0, 19199.0, 19196.0, 19197.0, 19233.0, 19177.0, 19160.0, 19164.0, 19152.0, 19190.0, 19190.0, 19204.0, 19209.0, 19218.0, 19191.0, 19193.0, 19211.0, 19183.0, 19234.0, 19225.0, 19227.0, 19254.0, 19233.0, 19246.0, 19180.0, 19162.0, 19177.0, 19145.0, 19161.0, 19173.0, 19189.0, 19215.0, 19220.0, 19218.0, 19207.0, 19188.0, 19183.0, 19134.0, 19178.0, 19199.0, 19163.0, 19210.0, 19180.0, 19181.0, 19164.0, 19170.0, 19172.0, 19179.0, 19177.0, 19151.0, 19189.0, 19140.0, 19168.0, 19168.0, 19191.0, 19193.0, 19205.0, 19183.0, 19214.0, 19159.0, 19096.0, 19160.0, 19160.0, 19175.0, 19196.0, 19202.0, 19172.0, 19185.0, 19135.0, 19151.0, 19184.0, 19175.0, 19204.0, 19220.0, 19207.0, 19193.0, 19193.0, 19205.0, 19183.0, 19205.0, 19197.0, 19185.0, 19220.0, 19214.0, 19210.0, 19150.0, 19204.0, 19234.0, 19228.0, 19227.0, 19230.0, 19269.0, 19206.0, 19180.0, 19187.0, 19187.0, 19209.0, 19224.0, 19203.0, 19194.0, 19187.0, 19188.0, 19198.0, 19205.0, 19224.0, 19187.0, 19195.0, 19188.0, 19186.0, 19173.0, 19196.0, 19147.0, 19162.0, 19107.0, 19115.0, 19174.0, 19169.0, 19207.0, 19212.0, 19188.0, 19165.0, 19147.0, 19139.0, 19114.0, 19169.0, 19129.0, 19179.0, 19193.0, 19207.0, 19154.0, 19146.0, 19198.0, 19182.0, 19193.0, 19199.0, 19186.0, 19213.0, 19168.0, 19227.0, 19157.0, 19195.0, 19208.0, 19160.0, 19174.0, 19154.0, 19201.0, 19206.0, 19238.0, 19204.0, 19197.0, 19187.0, 19183.0, 19171.0, 19174.0, 19168.0, 19208.0, 19190.0, 19190.0, 19148.0, 19192.0, 19187.0, 19179.0, 19207.0, 19205.0, 19189.0, 19198.0, 19240.0, 19179.0, 19215.0, 19216.0, 19216.0, 19168.0, 19170.0, 19171.0, 19215.0, 19197.0, 19154.0, 19157.0, 19171.0, 19213.0, 19184.0, 19146.0, 19171.0, 19215.0, 19229.0, 19166.0, 19257.0, 19171.0, 19154.0, 19222.0, 19147.0, 19197.0, 19226.0, 19195.0, 19215.0, 19154.0, 19168.0, 19171.0, 19156.0, 19163.0, 19199.0, 19220.0, 19446.0, 19245.0, 19225.0, 19218.0, 19154.0, 19184.0, 19190.0, 19185.0, 19199.0, 19272.0, 19259.0, 19239.0, 19245.0, 19222.0, 19196.0, 19238.0, 19244.0, 19224.0, 19249.0, 19208.0, 19177.0, 19247.0, 19207.0, 19242.0, 19239.0, 19193.0, 19247.0, 19191.0, 19223.0, 19231.0, 19221.0, 19243.0, 19235.0, 19220.0, 19255.0, 19269.0, 19183.0, 19214.0, 19225.0, 19191.0, 19262.0, 19245.0, 19238.0, 19243.0, 19217.0, 19243.0, 19226.0, 19235.0, 19246.0, 19264.0, 19241.0, 19224.0, 19250.0, 19203.0, 19221.0, 19203.0, 19253.0, 19227.0, 19267.0, 19254.0, 19262.0, 19264.0, 19282.0, 19259.0, 19278.0, 19247.0, 19266.0, 19267.0, 19240.0, 19244.0, 19252.0, 19232.0, 19248.0, 19187.0, 19235.0, 19199.0, 19209.0, 19241.0, 19200.0, 19215.0, 19196.0, 19200.0, 19231.0, 19235.0, 19232.0, 19234.0, 19262.0, 19242.0, 19238.0, 19212.0, 19210.0, 19246.0, 19201.0, 19264.0, 19294.0, 19261.0, 19200.0, 19297.0, 19268.0, 19271.0, 19240.0, 19232.0, 19228.0, 19261.0, 19232.0, 19227.0, 19235.0, 19275.0, 19265.0, 19216.0, 19186.0, 19253.0, 19222.0, 19214.0, 19250.0, 19217.0, 19203.0, 19238.0, 19235.0, 19265.0, 19258.0, 19236.0, 19276.0, 19283.0, 19265.0, 19246.0, 19267.0, 19211.0, 19198.0, 19267.0, 19227.0, 19241.0, 19259.0, 19265.0, 19265.0, 19282.0, 19231.0, 19250.0, 19273.0, 19244.0, 19275.0, 19278.0, 19241.0, 19242.0, 19277.0, 19248.0, 19237.0, 19284.0, 19229.0, 19245.0, 19282.0, 19288.0, 19240.0, 19268.0, 19249.0, 19282.0, 19285.0, 19261.0, 19296.0, 19252.0, 19322.0, 19243.0, 19241.0, 19294.0, 19293.0, 19291.0, 19304.0, 19301.0, 19293.0, 19280.0, 19289.0, 19298.0, 19302.0, 19306.0, 19286.0, 19276.0, 19273.0, 19252.0, 19289.0, 19284.0, 19267.0, 19280.0, 19280.0, 19278.0, 19255.0, 19263.0, 19288.0, 19239.0, 19271.0, 19245.0, 19257.0, 19256.0, 19268.0, 19304.0, 19239.0, 19294.0, 19299.0, 19263.0, 19261.0, 19305.0, 19248.0, 19280.0, 19302.0, 19295.0, 19319.0, 19288.0, 19307.0, 19293.0, 19300.0, 19252.0, 19285.0, 19278.0, 19287.0, 19302.0, 19331.0, 19354.0, 19323.0, 19262.0, 19284.0, 19266.0, 19307.0, 19246.0, 19263.0, 19273.0, 19289.0, 19308.0, 19285.0, 19289.0, 19288.0, 19285.0, 19305.0, 19303.0, 19322.0, 19318.0, 19304.0, 19332.0, 19314.0, 19328.0, 19322.0, 19327.0, 19315.0, 19316.0, 19326.0, 19303.0, 19311.0, 19316.0, 19335.0, 19347.0, 19344.0, 19347.0, 19351.0, 19331.0, 19324.0, 19299.0, 19263.0, 19289.0, 19353.0, 19329.0, 19339.0, 19332.0, 19332.0, 19349.0, 19274.0, 19302.0, 19275.0, 19272.0, 19289.0, 19352.0, 19312.0, 19324.0, 19273.0, 19260.0, 19334.0, 19243.0, 19232.0, 19270.0, 19299.0, 19322.0, 19315.0, 19305.0, 19294.0, 19266.0]}, "slices": {}}}