{"AcquisitionMatrixPE": 96, "AcquisitionNumber": 1, "AcquisitionTime": "17:13:28.965000", "BandwidthPerPixelPhaseEncode": 33.602, "BaseResolution": 96, "BodyPartExamined": "BRAIN", "ConsistencyInfo": "N4_VD11D_LATEST_20110129", "ConversionSoftware": "dcm2niix", "ConversionSoftwareVersion": "v1.0.20210317", "DerivedVendorReportedEchoSpacing": 0.000620003, "DeviceSerialNumber": "45239", "DwellTime": 2.6e-06, "EchoTime": 0.03, "EchoTrainLength": 48, "EffectiveEchoSpacing": 0.000310001, "FlipAngle": 63, "ImageComments": "Unaliased MB4/PE3", "ImageOrientationPatientDICOM": [0.99938, 0.0276035, 0.021869, -0.0118716, 0.848704, -0.528735], "ImageType": ["ORIGINAL", "PRIMARY", "M", "ND", "NORM", "MOSAIC"], "ImagingFrequency": 123.193, "InPlanePhaseEncodingDirectionDICOM": "COL", "InstitutionAddress": "E 24th St. 100,Austin,Southmiddle,US,78712", "InstitutionName": "Univ of Texas at Austin", "InstitutionalDepartmentName": "IRC", "MRAcquisitionType": "2D", "MagneticFieldStrength": 3, "Manufacturer": "Siemens", "ManufacturersModelName": "Skyra", "Modality": "MR", "MultibandAccelerationFactor": 4, "ParallelReductionFactorInPlane": 2, "PartialFourier": 1, "PatientPosition": "HFS", "PercentPhaseFOV": 100, "PercentSampling": 100, "PhaseEncodingDirection": "j-", "PhaseEncodingSteps": 96, "PhaseResolution": 1, "PixelBandwidth": 2005, "ProcedureStepDescription": "Poldrack2^self-scanning", "ProtocolName": "Resting State fMRI MBEPI_matrix96_BW2004", "PulseSequenceDetails": "%CustomerSeq%\\cmrr_mbep2d_bold", "ReceiveCoilActiveElements": "HEA;HEP", "ReceiveCoilName": "Head_32", "ReconMatrixPE": 96, "RefLinesPE": 94, "RepetitionTime": 1.16, "SAR": 0.0971661, "ScanOptions": "FS", "ScanningSequence": "EP", "SequenceName": "epfid2d1_96", "SequenceVariant": "SK", "SeriesDescription": "Resting State fMRI MBEPI_matrix96_BW2004", "SeriesNumber": 9, "ShimSetting": [-2780, 8024, -15461, 221, -227, 105, 231, -137], "SliceThickness": 2, "SliceTiming": [0, 0.6125, 0.0675, 0.68, 0.135, 0.75, 0.2025, 0.8175, 0.2725, 0.885, 0.34, 0.955, 0.4075, 1.0225, 0.4775, 1.09, 0.545, 0, 0.6125, 0.0675, 0.68, 0.135, 0.75, 0.2025, 0.8175, 0.2725, 0.885, 0.34, 0.955, 0.4075, 1.0225, 0.4775, 1.09, 0.545, 0, 0.6125, 0.0675, 0.68, 0.135, 0.75, 0.2025, 0.8175, 0.2725, 0.885, 0.34, 0.955, 0.4075, 1.0225, 0.4775, 1.09, 0.545, 0, 0.6125, 0.0675, 0.68, 0.135, 0.75, 0.2025, 0.8175, 0.2725, 0.885, 0.34, 0.955, 0.4075, 1.0225, 0.4775, 1.09, 0.545], "SoftwareVersions": "syngo MR D11", "SpacingBetweenSlices": 2.4, "StationName": "AWP45239", "TaskName": "Resting fmri", "TotalReadoutTime": 0.0294501, "TxRefAmp": 334.259, "WipMemBlock": "c35cc970-e056-4bc1-94c9-173d66984c49||Sequence: VD11D r154; May 23 2012 22:27:19 by eja", "dcmmeta_affine": [[-2.3943471908569336, -0.02844243310391903, 0.07957245409488678, 114.48194122314453], [-0.0661332756280899, 2.0333526134490967, -1.267554759979248, -70.28618621826172], [0.052394378930330276, 1.2667617797851562, 2.036412000656128, -109.5959701538086], [0.0, 0.0, 0.0, 1.0]], "dcmmeta_reorient_transform": [[0.0, -1.0, 0.0, 95.0], [1.0, 0.0, 0.0, 0.0], [0.0, 0.0, 1.0, 0.0], [0.0, 0.0, 0.0, 1.0]], "dcmmeta_shape": [96, 96, 68, 518], "dcmmeta_slice_dim": 2, "dcmmeta_version": 0.6, "global": {"const": {"AcquisitionMatrix": [96, 0, 0, 96], "AngioFlag": "N", "BitsAllocated": 16, "BitsStored": 16, "BodyPartExamined": "BRAIN", "Columns": 864, "EchoNumbers": 1, "EchoTime": 30.0, "EchoTrainLength": 48, "FlipAngle": 63.0, "HighBit": 15, "ImageOrientationPatient": [0.99937970659092, 0.02760345419012, 0.02186895907478, -0.0118716245764, 0.84870368731589, -0.5287353928633], "ImagePositionPatient": [-1020.2873183893, -929.08484837261, 477.06350579045], "ImageType": ["ORIGINAL", "PRIMARY", "M", "ND", "NORM", "MOSAIC"], "ImagedNucleus": "1H", "ImagingFrequency": 123.193454, "InPlanePhaseEncodingDirection": "COL", "MRAcquisitionType": "2D", "MagneticFieldStrength": 3.0, "Manufacturer": "SIEMENS", "ManufacturerModelName": "Skyra", "Modality": "MR", "NumberOfAverages": 1.0, "NumberOfPhaseEncodingSteps": 96, "PercentPhaseFieldOfView": 100.0, "PercentSampling": 100.0, "PerformedProcedureStepStartTime": "170119.171000", "PhotometricInterpretation": "MONOCHROME2", "PixelBandwidth": 2005.0, "PixelRepresentation": 0, "PixelSpacing": [2.3958332538605, 2.3958332538605], "ProtocolName": "Resting State fMRI MBEPI_matrix96_BW2004", "RepetitionTime": 1160.0, "Rows": 864, "SAR": 0.09716609757012, "SamplesPerPixel": 1, "ScanOptions": "FS", "ScanningSequence": "EP", "SequenceName": "epfid2d1_96", "SequenceVariant": "SK", "SeriesDescription": "Resting State fMRI MBEPI_matrix96_BW2004", "SeriesNumber": 9, "SeriesTime": "171415.640000", "SliceLocation": -52.075559699194, "SliceThickness": 2.0, "SmallestImagePixelValue": 0, "SoftwareVersions": "syngo MR D11", "SpacingBetweenSlices": 2.4000000468341, "SpecificCharacterSet": "ISO_IR 100", "StudyID": "1", "StudyTime": "170119.125000", "TransmitCoilName": "Body", "VariableFlipAngleFlag": "N", "WindowCenterWidthExplanation": "Algo1", "dBdt": 0.0}, "slices": {}}, "time": {"samples": {"AcquisitionNumber": [1, 2, 3, 4, 5, 6, 7, 8, 9, 10, 11, 12, 13, 14, 15, 16, 17, 18, 19, 20, 21, 22, 23, 24, 25, 26, 27, 28, 29, 30, 31, 32, 33, 34, 35, 36, 37, 38, 39, 40, 41, 42, 43, 44, 45, 46, 47, 48, 49, 50, 51, 52, 53, 54, 55, 56, 57, 58, 59, 60, 61, 62, 63, 64, 65, 66, 67, 68, 69, 70, 71, 72, 73, 74, 75, 76, 77, 78, 79, 80, 81, 82, 83, 84, 85, 86, 87, 88, 89, 90, 91, 92, 93, 94, 95, 96, 97, 98, 99, 100, 101, 102, 103, 104, 105, 106, 107, 108, 109, 110, 111, 112, 113, 114, 115, 116, 117, 118, 119, 120, 121, 122, 123, 124, 125, 126, 127, 128, 129, 130, 131, 132, 133, 134, 135, 136, 137, 138, 139, 140, 141, 142, 143, 144, 145, 146, 147, 148, 149, 150, 151, 152, 153, 154, 155, 156, 157, 158, 159, 160, 161, 162, 163, 164, 165, 166, 167, 168, 169, 170, 171, 172, 173, 174, 175, 176, 177, 178, 179, 180, 181, 182, 183, 184, 185, 186, 187, 188, 189, 190, 191, 192, 193, 194, 195, 196, 197, 198, 199, 200, 201, 202, 203, 204, 205, 206, 207, 208, 209, 210, 211, 212, 213, 214, 215, 216, 217, 218, 219, 220, 221, 222, 223, 224, 225, 226, 227, 228, 229, 230, 231, 232, 233, 234, 235, 236, 237, 238, 239, 240, 241, 242, 243, 244, 245, 246, 247, 248, 249, 250, 251, 252, 253, 254, 255, 256, 257, 258, 259, 260, 261, 262, 263, 264, 265, 266, 267, 268, 269, 270, 271, 272, 273, 274, 275, 276, 277, 278, 279, 280, 281, 282, 283, 284, 285, 286, 287, 288, 289, 290, 291, 292, 293, 294, 295, 296, 297, 298, 299, 300, 301, 302, 303, 304, 305, 306, 307, 308, 309, 310, 311, 312, 313, 314, 315, 316, 317, 318, 319, 320, 321, 322, 323, 324, 325, 326, 327, 328, 329, 330, 331, 332, 333, 334, 335, 336, 337, 338, 339, 340, 341, 342, 343, 344, 345, 346, 347, 348, 349, 350, 351, 352, 353, 354, 355, 356, 357, 358, 359, 360, 361, 362, 363, 364, 365, 366, 367, 368, 369, 370, 371, 372, 373, 374, 375, 376, 377, 378, 379, 380, 381, 382, 383, 384, 385, 386, 387, 388, 389, 390, 391, 392, 393, 394, 395, 396, 397, 398, 399, 400, 401, 402, 403, 404, 405, 406, 407, 408, 409, 410, 411, 412, 413, 414, 415, 416, 417, 418, 419, 420, 421, 422, 423, 424, 425, 426, 427, 428, 429, 430, 431, 432, 433, 434, 435, 436, 437, 438, 439, 440, 441, 442, 443, 444, 445, 446, 447, 448, 449, 450, 451, 452, 453, 454, 455, 456, 457, 458, 459, 460, 461, 462, 463, 464, 465, 466, 467, 468, 469, 470, 471, 472, 473, 474, 475, 476, 477, 478, 479, 480, 481, 482, 483, 484, 485, 486, 487, 488, 489, 490, 491, 492, 493, 494, 495, 496, 497, 498, 499, 500, 501, 502, 503, 504, 505, 506, 507, 508, 509, 510, 511, 512, 513, 514, 515, 516, 517, 518], "AcquisitionTime": ["171328.965000", "171357.965000", "171359.125000", "171400.285000", "171401.445000", "171402.605000", "171403.765000", "171404.925000", "171406.085000", "171407.245000", "171408.405000", "171409.565000", "171410.725000", "171411.885000", "171413.045000", "171414.205000", "171415.365000", "171416.525000", "171417.685000", "171418.845000", "171420.005000", "171421.165000", "171422.325000", "171423.485000", "171424.645000", "171425.805000", "171426.965000", "171428.125000", "171429.285000", "171430.445000", "171431.605000", "171432.765000", "171433.925000", "171435.085000", "171436.245000", "171437.405000", "171438.565000", "171439.725000", "171440.885000", "171442.045000", "171443.205000", "171444.365000", "171445.525000", "171446.685000", "171447.845000", "171449.005000", "171450.165000", "171451.325000", "171452.485000", "171453.645000", "171454.805000", "171455.965000", "171457.125000", "171458.285000", "171459.445000", "171500.605000", "171501.765000", "171502.925000", "171504.085000", "171505.245000", "171506.405000", "171507.565000", "171508.725000", "171509.885000", "171511.045000", "171512.205000", "171513.365000", "171514.525000", "171515.685000", "171516.845000", "171518.005000", "171519.165000", "171520.325000", "171521.485000", "171522.645000", "171523.805000", "171524.965000", "171526.125000", "171527.285000", "171528.445000", "171529.605000", "171530.765000", "171531.925000", "171533.085000", "171534.245000", "171535.405000", "171536.565000", "171537.725000", "171538.885000", "171540.045000", "171541.205000", "171542.365000", "171543.525000", "171544.685000", "171545.845000", "171547.005000", "171548.165000", "171549.325000", "171550.485000", "171551.645000", "171552.805000", "171553.965000", "171555.125000", "171556.285000", "171557.445000", "171558.605000", "171559.765000", "171600.925000", "171602.085000", "171603.245000", "171604.405000", "171605.565000", "171606.725000", "171607.885000", "171609.045000", "171610.205000", "171611.365000", "171612.525000", "171613.685000", "171614.845000", "171616.005000", "171617.165000", "171618.325000", "171619.485000", "171620.645000", "171621.805000", "171622.965000", "171624.125000", "171625.285000", "171626.445000", "171627.605000", "171628.765000", "171629.925000", "171631.085000", "171632.245000", "171633.405000", "171634.565000", "171635.725000", "171636.885000", "171638.045000", "171639.205000", "171640.365000", "171641.525000", "171642.685000", "171643.845000", "171645.005000", "171646.165000", "171647.325000", "171648.485000", "171649.645000", "171650.805000", "171651.965000", "171653.125000", "171654.285000", "171655.445000", "171656.605000", "171657.765000", "171658.925000", "171700.085000", "171701.245000", "171702.405000", "171703.565000", "171704.725000", "171705.885000", "171707.045000", "171708.205000", "171709.365000", "171710.525000", "171711.685000", "171712.845000", "171714.005000", "171715.165000", "171716.325000", "171717.485000", "171718.645000", "171719.805000", "171720.965000", "171722.125000", "171723.285000", "171724.445000", "171725.605000", "171726.765000", "171727.925000", "171729.085000", "171730.245000", "171731.405000", "171732.565000", "171733.725000", "171734.885000", "171736.045000", "171737.205000", "171738.365000", "171739.525000", "171740.685000", "171741.845000", "171743.005000", "171744.165000", "171745.325000", "171746.485000", "171747.645000", "171748.805000", "171749.965000", "171751.125000", "171752.285000", "171753.445000", "171754.605000", "171755.765000", "171756.925000", "171758.085000", "171759.245000", "171800.405000", "171801.565000", "171802.725000", "171803.885000", "171805.045000", "171806.205000", "171807.365000", "171808.525000", "171809.685000", "171810.845000", "171812.005000", "171813.165000", "171814.325000", "171815.485000", "171816.645000", "171817.805000", "171818.965000", "171820.125000", "171821.285000", "171822.445000", "171823.605000", "171824.765000", "171825.925000", "171827.085000", "171828.245000", "171829.405000", "171830.565000", "171831.725000", "171832.885000", "171834.045000", "171835.205000", "171836.365000", "171837.525000", "171838.685000", "171839.845000", "171841.005000", "171842.165000", "171843.325000", "171844.485000", "171845.645000", "171846.805000", "171847.965000", "171849.125000", "171850.285000", "171851.445000", "171852.605000", "171853.765000", "171854.925000", "171856.085000", "171857.245000", "171858.405000", "171859.565000", "171900.725000", "171901.885000", "171903.045000", "171904.205000", "171905.365000", "171906.525000", "171907.685000", "171908.845000", "171910.005000", "171911.165000", "171912.325000", "171913.485000", "171914.645000", "171915.805000", "171916.965000", "171918.125000", "171919.285000", "171920.445000", "171921.605000", "171922.765000", "171923.925000", "171925.085000", "171926.245000", "171927.405000", "171928.565000", "171929.725000", "171930.885000", "171932.045000", "171933.205000", "171934.365000", "171935.525000", "171936.685000", "171937.845000", "171939.005000", "171940.165000", "171941.325000", "171942.485000", "171943.645000", "171944.805000", "171945.965000", "171947.125000", "171948.285000", "171949.445000", "171950.605000", "171951.765000", "171952.925000", "171954.085000", "171955.245000", "171956.405000", "171957.565000", "171958.725000", "171959.885000", "172001.045000", "172002.205000", "172003.365000", "172004.525000", "172005.685000", "172006.845000", "172008.005000", "172009.165000", "172010.325000", "172011.485000", "172012.645000", "172013.805000", "172014.965000", "172016.125000", "172017.285000", "172018.445000", "172019.605000", "172020.765000", "172021.925000", "172023.085000", "172024.245000", "172025.405000", "172026.565000", "172027.725000", "172028.885000", "172030.045000", "172031.205000", "172032.365000", "172033.525000", "172034.685000", "172035.845000", "172037.005000", "172038.165000", "172039.325000", "172040.485000", "172041.645000", "172042.805000", "172043.965000", "172045.125000", "172046.285000", "172047.445000", "172048.605000", "172049.765000", "172050.925000", "172052.085000", "172053.245000", "172054.405000", "172055.565000", "172056.725000", "172057.885000", "172059.045000", "172100.205000", "172101.365000", "172102.525000", "172103.685000", "172104.845000", "172106.005000", "172107.165000", "172108.325000", "172109.485000", "172110.645000", "172111.805000", "172112.965000", "172114.125000", "172115.285000", "172116.445000", "172117.605000", "172118.765000", "172119.925000", "172121.085000", "172122.245000", "172123.405000", "172124.565000", "172125.725000", "172126.885000", "172128.045000", "172129.205000", "172130.365000", "172131.525000", "172132.685000", "172133.845000", "172135.005000", "172136.165000", "172137.325000", "172138.485000", "172139.645000", "172140.805000", "172141.965000", "172143.125000", "172144.285000", "172145.445000", "172146.605000", "172147.765000", "172148.925000", "172150.085000", "172151.245000", "172152.405000", "172153.565000", "172154.725000", "172155.885000", "172157.045000", "172158.205000", "172159.365000", "172200.525000", "172201.685000", "172202.845000", "172204.005000", "172205.165000", "172206.325000", "172207.485000", "172208.645000", "172209.805000", "172210.965000", "172212.125000", "172213.285000", "172214.445000", "172215.605000", "172216.765000", "172217.925000", "172219.085000", "172220.245000", "172221.405000", "172222.565000", "172223.725000", "172224.885000", "172226.045000", "172227.205000", "172228.365000", "172229.525000", "172230.685000", "172231.845000", "172233.005000", "172234.165000", "172235.325000", "172236.485000", "172237.645000", "172238.805000", "172239.965000", "172241.125000", "172242.285000", "172243.445000", "172244.605000", "172245.765000", "172246.925000", "172248.085000", "172249.245000", "172250.405000", "172251.565000", "172252.725000", "172253.885000", "172255.045000", "172256.205000", "172257.365000", "172258.525000", "172259.685000", "172300.845000", "172302.005000", "172303.165000", "172304.325000", "172305.485000", "172306.645000", "172307.805000", "172308.965000", "172310.125000", "172311.285000", "172312.445000", "172313.605000", "172314.765000", "172315.925000", "172317.085000", "172318.245000", "172319.405000", "172320.565000", "172321.725000", "172322.885000", "172324.045000", "172325.205000", "172326.365000", "172327.525000", "172328.685000", "172329.845000", "172331.005000", "172332.165000", "172333.325000", "172334.485000", "172335.645000", "172336.805000", "172337.965000", "172339.125000", "172340.285000", "172341.445000", "172342.605000", "172343.765000", "172344.925000", "172346.085000", "172347.245000", "172348.405000", "172349.565000", "172350.725000", "172351.885000", "172353.045000", "172354.205000", "172355.365000", "172356.525000"], "ContentTime": ["171415.656000", "171421.000000", "171421.000000", "171421.015000", "171421.015000", "171426.000000", "171426.000000", "171431.000000", "171431.000000", "171431.015000", "171436.000000", "171436.000000", "171441.000000", "171441.000000", "171441.015000", "171446.000000", "171446.000000", "171446.015000", "171451.000000", "171451.000000", "171456.000000", "171456.000000", "171456.015000", "171501.000000", "171501.000000", "171506.000000", "171506.000000", "171506.015000", "171511.000000", "171511.000000", "171516.000000", "171516.000000", "171516.015000", "171521.000000", "171521.000000", "171526.000000", "171526.000000", "171526.015000", "171531.000000", "171531.000000", "171536.000000", "171536.000000", "171536.015000", "171541.000000", "171541.015000", "171546.000000", "171546.000000", "171546.015000", "171551.000000", "171551.000000", "171556.000000", "171556.000000", "171556.015000", "171601.000000", "171601.000000", "171601.015000", "171606.000000", "171606.000000", "171611.000000", "171611.000000", "171611.015000", "171616.000000", "171616.000000", "171621.000000", "171621.000000", "171621.015000", "171626.000000", "171626.000000", "171631.000000", "171631.000000", "171631.015000", "171636.000000", "171636.000000", "171641.000000", "171641.000000", "171641.015000", "171646.000000", "171646.000000", "171651.000000", "171651.000000", "171651.015000", "171656.000000", "171656.000000", "171656.015000", "171701.000000", "171701.000000", "171706.000000", "171706.000000", "171706.015000", "171711.000000", "171711.000000", "171711.015000", "171716.015000", "171716.015000", "171721.000000", "171721.000000", "171721.015000", "171726.000000", "171726.000000", "171731.000000", "171731.015000", "171731.015000", "171736.000000", "171736.000000", "171741.000000", "171741.015000", "171741.015000", "171746.000000", "171746.000000", "171751.000000", "171751.000000", "171751.015000", "171756.000000", "171756.000000", "171756.015000", "171801.000000", "171801.000000", "171806.000000", "171806.000000", "171806.015000", "171811.000000", "171811.000000", "171816.000000", "171816.000000", "171816.015000", "171821.000000", "171821.000000", "171826.000000", "171826.000000", "171826.015000", "171831.000000", "171831.000000", "171831.015000", "171836.000000", "171836.000000", "171841.000000", "171841.015000", "171841.015000", "171846.000000", "171846.000000", "171851.000000", "171851.015000", "171851.015000", "171856.000000", "171856.000000", "171901.000000", "171901.000000", "171901.015000", "171906.000000", "171906.000000", "171911.000000", "171911.000000", "171911.015000", "171916.000000", "171916.000000", "171921.000000", "171921.000000", "171921.015000", "171926.000000", "171926.000000", "171926.015000", "171931.000000", "171931.000000", "171936.000000", "171936.000000", "171936.015000", "171941.000000", "171941.000000", "171946.000000", "171946.000000", "171946.015000", "171951.000000", "171951.000000", "171956.000000", "171956.000000", "171956.015000", "172001.000000", "172001.000000", "172001.015000", "172006.000000", "172006.000000", "172011.000000", "172011.000000", "172011.015000", "172016.000000", "172016.000000", "172021.000000", "172021.000000", "172021.015000", "172026.000000", "172026.000000", "172031.000000", "172031.000000", "172031.015000", "172036.000000", "172036.000000", "172041.000000", "172041.000000", "172041.015000", "172046.000000", "172046.000000", "172051.000000", "172051.000000", "172051.015000", "172056.000000", "172056.000000", "172101.000000", "172101.000000", "172101.015000", "172106.000000", "172106.000000", "172106.015000", "172111.000000", "172111.000000", "172116.000000", "172116.000000", "172116.015000", "172121.000000", "172121.000000", "172126.000000", "172126.000000", "172126.015000", "172131.000000", "172131.000000", "172136.000000", "172136.000000", "172136.015000", "172141.000000", "172141.000000", "172141.015000", "172146.000000", "172146.000000", "172151.000000", "172151.000000", "172151.015000", "172156.000000", "172156.000000", "172201.000000", "172201.000000", "172201.015000", "172206.000000", "172206.000000", "172206.015000", "172211.000000", "172211.000000", "172216.000000", "172216.000000", "172216.015000", "172221.000000", "172221.000000", "172226.000000", "172226.000000", "172226.015000", "172231.000000", "172231.000000", "172231.015000", "172236.000000", "172236.000000", "172241.000000", "172241.000000", "172246.000000", "172246.000000", "172246.015000", "172251.000000", "172251.000000", "172251.015000", "172256.000000", "172256.000000", "172301.015000", "172301.015000", "172306.000000", "172306.000000", "172306.015000", "172311.000000", "172311.000000", "172311.015000", "172316.000000", "172316.015000", "172321.000000", "172321.000000", "172321.015000", "172326.000000", "172326.000000", "172331.000000", "172331.000000", "172331.015000", "172336.000000", "172336.015000", "172341.000000", "172341.000000", "172341.015000", "172346.000000", "172346.031000", "172346.031000", "172351.000000", "172351.000000", "172356.000000", "172356.000000", "172356.015000", "172401.000000", "172401.000000", "172406.000000", "172406.000000", "172406.015000", "172411.000000", "172411.000000", "172411.015000", "172416.000000", "172416.000000", "172416.015000", "172421.000000", "172421.000000", "172421.015000", "172426.000000", "172426.015000", "172426.015000", "172431.000000", "172431.000000", "172436.000000", "172436.000000", "172436.015000", "172441.000000", "172441.000000", "172441.015000", "172446.000000", "172446.000000", "172451.000000", "172451.000000", "172451.015000", "172456.000000", "172456.000000", "172456.015000", "172501.000000", "172501.000000", "172506.000000", "172506.000000", "172506.015000", "172511.000000", "172511.000000", "172511.015000", "172516.000000", "172516.015000", "172521.000000", "172521.000000", "172521.015000", "172526.000000", "172526.000000", "172531.000000", "172531.000000", "172531.015000", "172536.000000", "172536.000000", "172536.015000", "172541.000000", "172541.000000", "172546.000000", "172546.015000", "172546.015000", "172551.000000", "172551.000000", "172551.015000", "172556.000000", "172556.000000", "172601.000000", "172601.000000", "172601.015000", "172606.000000", "172606.000000", "172611.000000", "172611.000000", "172611.015000", "172616.000000", "172616.000000", "172616.015000", "172621.000000", "172621.000000", "172621.015000", "172626.000000", "172626.000000", "172631.000000", "172631.000000", "172631.015000", "172636.000000", "172636.000000", "172636.015000", "172641.000000", "172641.000000", "172646.000000", "172646.000000", "172646.015000", "172651.000000", "172651.000000", "172656.000000", "172656.000000", "172656.015000", "172701.000000", "172701.000000", "172701.015000", "172706.000000", "172706.000000", "172706.015000", "172711.000000", "172711.000000", "172716.000000", "172716.000000", "172716.015000", "172721.000000", "172721.000000", "172721.015000", "172726.000000", "172726.000000", "172731.000000", "172731.000000", "172731.015000", "172736.000000", "172736.000000", "172741.000000", "172741.000000", "172741.015000", "172746.000000", "172746.000000", "172746.015000", "172751.000000", "172751.000000", "172751.015000", "172756.000000", "172756.000000", "172801.000000", "172801.000000", "172801.015000", "172806.000000", "172806.000000", "172811.000000", "172811.000000", "172811.015000", "172816.000000", "172816.000000", "172816.015000", "172821.000000", "172821.000000", "172821.015000", "172826.000000", "172826.000000", "172831.000000", "172831.000000", "172831.015000", "172836.000000", "172836.000000", "172836.015000", "172841.000000", "172841.000000", "172846.000000", "172846.015000", "172846.015000", "172851.000000", "172851.000000", "172851.015000", "172856.000000", "172856.000000", "172901.000000", "172901.000000", "172901.015000", "172906.000000", "172906.000000", "172911.000000", "172911.000000", "172911.015000", "172916.000000", "172916.000000", "172916.015000", "172921.000000", "172921.000000", "172926.000000", "172926.000000", "172926.000000", "172931.000000", "172931.015000", "172936.000000", "172936.000000", "172936.000000", "172941.000000", "172941.000000", "172941.000000", "172946.000000", "172946.000000", "172951.000000", "172951.000000", "172951.000000", "172956.000000", "172956.000000", "173001.000000", "173001.000000", "173001.000000", "173006.000000", "173006.000000", "173006.000000", "173011.000000", "173011.000000", "173016.000000", "173016.000000", "173016.015000", "173021.000000", "173021.000000", "173021.000000", "173026.000000", "173026.000000", "173031.000000", "173031.000000", "173031.000000", "173036.000000", "173036.000000", "173036.015000", "173041.000000", "173041.000000", "173046.000000", "173046.000000", "173046.015000", "173046.546000"], "InstanceCreationTime": ["171415.656000", "171421.000000", "171421.000000", "171421.015000", "171421.015000", "171426.000000", "171426.000000", "171431.000000", "171431.000000", "171431.015000", "171436.000000", "171436.000000", "171441.000000", "171441.000000", "171441.015000", "171446.000000", "171446.000000", "171446.015000", "171451.000000", "171451.000000", "171456.000000", "171456.000000", "171456.015000", "171501.000000", "171501.000000", "171506.000000", "171506.000000", "171506.015000", "171511.000000", "171511.000000", "171516.000000", "171516.000000", "171516.015000", "171521.000000", "171521.000000", "171526.000000", "171526.000000", "171526.015000", "171531.000000", "171531.000000", "171536.000000", "171536.000000", "171536.015000", "171541.000000", "171541.015000", "171546.000000", "171546.000000", "171546.015000", "171551.000000", "171551.000000", "171556.000000", "171556.000000", "171556.015000", "171601.000000", "171601.000000", "171601.015000", "171606.000000", "171606.000000", "171611.000000", "171611.000000", "171611.015000", "171616.000000", "171616.000000", "171621.000000", "171621.000000", "171621.015000", "171626.000000", "171626.000000", "171631.000000", "171631.000000", "171631.015000", "171636.000000", "171636.000000", "171641.000000", "171641.000000", "171641.015000", "171646.000000", "171646.000000", "171651.000000", "171651.000000", "171651.015000", "171656.000000", "171656.000000", "171656.015000", "171701.000000", "171701.000000", "171706.000000", "171706.000000", "171706.015000", "171711.000000", "171711.000000", "171711.015000", "171716.015000", "171716.015000", "171721.000000", "171721.000000", "171721.015000", "171726.000000", "171726.000000", "171731.000000", "171731.015000", "171731.015000", "171736.000000", "171736.000000", "171741.000000", "171741.015000", "171741.015000", "171746.000000", "171746.000000", "171751.000000", "171751.000000", "171751.015000", "171756.000000", "171756.000000", "171756.015000", "171801.000000", "171801.000000", "171806.000000", "171806.000000", "171806.015000", "171811.000000", "171811.000000", "171816.000000", "171816.000000", "171816.015000", "171821.000000", "171821.000000", "171826.000000", "171826.000000", "171826.015000", "171831.000000", "171831.000000", "171831.015000", "171836.000000", "171836.000000", "171841.000000", "171841.015000", "171841.015000", "171846.000000", "171846.000000", "171851.000000", "171851.015000", "171851.015000", "171856.000000", "171856.000000", "171901.000000", "171901.000000", "171901.015000", "171906.000000", "171906.000000", "171911.000000", "171911.000000", "171911.015000", "171916.000000", "171916.000000", "171921.000000", "171921.000000", "171921.015000", "171926.000000", "171926.000000", "171926.015000", "171931.000000", "171931.000000", "171936.000000", "171936.000000", "171936.015000", "171941.000000", "171941.000000", "171946.000000", "171946.000000", "171946.015000", "171951.000000", "171951.000000", "171956.000000", "171956.000000", "171956.015000", "172001.000000", "172001.000000", "172001.015000", "172006.000000", "172006.000000", "172011.000000", "172011.000000", "172011.015000", "172016.000000", "172016.000000", "172021.000000", "172021.000000", "172021.015000", "172026.000000", "172026.000000", "172031.000000", "172031.000000", "172031.015000", "172036.000000", "172036.000000", "172041.000000", "172041.000000", "172041.015000", "172046.000000", "172046.000000", "172051.000000", "172051.000000", "172051.015000", "172056.000000", "172056.000000", "172101.000000", "172101.000000", "172101.015000", "172106.000000", "172106.000000", "172106.015000", "172111.000000", "172111.000000", "172116.000000", "172116.000000", "172116.015000", "172121.000000", "172121.000000", "172126.000000", "172126.000000", "172126.015000", "172131.000000", "172131.000000", "172136.000000", "172136.000000", "172136.015000", "172141.000000", "172141.000000", "172141.015000", "172146.000000", "172146.000000", "172151.000000", "172151.000000", "172151.015000", "172156.000000", "172156.000000", "172201.000000", "172201.000000", "172201.015000", "172206.000000", "172206.000000", "172206.015000", "172211.000000", "172211.000000", "172216.000000", "172216.000000", "172216.015000", "172221.000000", "172221.000000", "172226.000000", "172226.000000", "172226.015000", "172231.000000", "172231.000000", "172231.015000", "172236.000000", "172236.000000", "172241.000000", "172241.000000", "172246.000000", "172246.000000", "172246.015000", "172251.000000", "172251.000000", "172251.015000", "172256.000000", "172256.000000", "172301.015000", "172301.015000", "172306.000000", "172306.000000", "172306.015000", "172311.000000", "172311.000000", "172311.015000", "172316.000000", "172316.015000", "172321.000000", "172321.000000", "172321.015000", "172326.000000", "172326.000000", "172331.000000", "172331.000000", "172331.015000", "172336.000000", "172336.015000", "172341.000000", "172341.000000", "172341.015000", "172346.000000", "172346.031000", "172346.031000", "172351.000000", "172351.000000", "172356.000000", "172356.000000", "172356.015000", "172401.000000", "172401.000000", "172406.000000", "172406.000000", "172406.015000", "172411.000000", "172411.000000", "172411.015000", "172416.000000", "172416.000000", "172416.015000", "172421.000000", "172421.000000", "172421.015000", "172426.000000", "172426.015000", "172426.015000", "172431.000000", "172431.000000", "172436.000000", "172436.000000", "172436.015000", "172441.000000", "172441.000000", "172441.015000", "172446.000000", "172446.000000", "172451.000000", "172451.000000", "172451.015000", "172456.000000", "172456.000000", "172456.015000", "172501.000000", "172501.000000", "172506.000000", "172506.000000", "172506.015000", "172511.000000", "172511.000000", "172511.015000", "172516.000000", "172516.015000", "172521.000000", "172521.000000", "172521.015000", "172526.000000", "172526.000000", "172531.000000", "172531.000000", "172531.015000", "172536.000000", "172536.000000", "172536.015000", "172541.000000", "172541.000000", "172546.000000", "172546.015000", "172546.015000", "172551.000000", "172551.000000", "172551.015000", "172556.000000", "172556.000000", "172601.000000", "172601.000000", "172601.015000", "172606.000000", "172606.000000", "172611.000000", "172611.000000", "172611.015000", "172616.000000", "172616.000000", "172616.015000", "172621.000000", "172621.000000", "172621.015000", "172626.000000", "172626.000000", "172631.000000", "172631.000000", "172631.015000", "172636.000000", "172636.000000", "172636.015000", "172641.000000", "172641.000000", "172646.000000", "172646.000000", "172646.015000", "172651.000000", "172651.000000", "172656.000000", "172656.000000", "172656.015000", "172701.000000", "172701.000000", "172701.015000", "172706.000000", "172706.000000", "172706.015000", "172711.000000", "172711.000000", "172716.000000", "172716.000000", "172716.015000", "172721.000000", "172721.000000", "172721.015000", "172726.000000", "172726.000000", "172731.000000", "172731.000000", "172731.015000", "172736.000000", "172736.000000", "172741.000000", "172741.000000", "172741.015000", "172746.000000", "172746.000000", "172746.015000", "172751.000000", "172751.000000", "172751.015000", "172756.000000", "172756.000000", "172801.000000", "172801.000000", "172801.015000", "172806.000000", "172806.000000", "172811.000000", "172811.000000", "172811.015000", "172816.000000", "172816.000000", "172816.015000", "172821.000000", "172821.000000", "172821.015000", "172826.000000", "172826.000000", "172831.000000", "172831.000000", "172831.015000", "172836.000000", "172836.000000", "172836.015000", "172841.000000", "172841.000000", "172846.000000", "172846.015000", "172846.015000", "172851.000000", "172851.000000", "172851.015000", "172856.000000", "172856.000000", "172901.000000", "172901.000000", "172901.015000", "172906.000000", "172906.000000", "172911.000000", "172911.000000", "172911.015000", "172916.000000", "172916.000000", "172916.015000", "172921.000000", "172921.000000", "172926.000000", "172926.000000", "172926.000000", "172931.000000", "172931.015000", "172936.000000", "172936.000000", "172936.000000", "172941.000000", "172941.000000", "172941.000000", "172946.000000", "172946.000000", "172951.000000", "172951.000000", "172951.000000", "172956.000000", "172956.000000", "173001.000000", "173001.000000", "173001.000000", "173006.000000", "173006.000000", "173006.000000", "173011.000000", "173011.000000", "173016.000000", "173016.000000", "173016.015000", "173021.000000", "173021.000000", "173021.000000", "173026.000000", "173026.000000", "173031.000000", "173031.000000", "173031.000000", "173036.000000", "173036.000000", "173036.015000", "173041.000000", "173041.000000", "173046.000000", "173046.000000", "173046.015000", "173046.546000"], "InstanceNumber": [1, 2, 3, 4, 5, 6, 7, 8, 9, 10, 11, 12, 13, 14, 15, 16, 17, 18, 19, 20, 21, 22, 23, 24, 25, 26, 27, 28, 29, 30, 31, 32, 33, 34, 35, 36, 37, 38, 39, 40, 41, 42, 43, 44, 45, 46, 47, 48, 49, 50, 51, 52, 53, 54, 55, 56, 57, 58, 59, 60, 61, 62, 63, 64, 65, 66, 67, 68, 69, 70, 71, 72, 73, 74, 75, 76, 77, 78, 79, 80, 81, 82, 83, 84, 85, 86, 87, 88, 89, 90, 91, 92, 93, 94, 95, 96, 97, 98, 99, 100, 101, 102, 103, 104, 105, 106, 107, 108, 109, 110, 111, 112, 113, 114, 115, 116, 117, 118, 119, 120, 121, 122, 123, 124, 125, 126, 127, 128, 129, 130, 131, 132, 133, 134, 135, 136, 137, 138, 139, 140, 141, 142, 143, 144, 145, 146, 147, 148, 149, 150, 151, 152, 153, 154, 155, 156, 157, 158, 159, 160, 161, 162, 163, 164, 165, 166, 167, 168, 169, 170, 171, 172, 173, 174, 175, 176, 177, 178, 179, 180, 181, 182, 183, 184, 185, 186, 187, 188, 189, 190, 191, 192, 193, 194, 195, 196, 197, 198, 199, 200, 201, 202, 203, 204, 205, 206, 207, 208, 209, 210, 211, 212, 213, 214, 215, 216, 217, 218, 219, 220, 221, 222, 223, 224, 225, 226, 227, 228, 229, 230, 231, 232, 233, 234, 235, 236, 237, 238, 239, 240, 241, 242, 243, 244, 245, 246, 247, 248, 249, 250, 251, 252, 253, 254, 255, 256, 257, 258, 259, 260, 261, 262, 263, 264, 265, 266, 267, 268, 269, 270, 271, 272, 273, 274, 275, 276, 277, 278, 279, 280, 281, 282, 283, 284, 285, 286, 287, 288, 289, 290, 291, 292, 293, 294, 295, 296, 297, 298, 299, 300, 301, 302, 303, 304, 305, 306, 307, 308, 309, 310, 311, 312, 313, 314, 315, 316, 317, 318, 319, 320, 321, 322, 323, 324, 325, 326, 327, 328, 329, 330, 331, 332, 333, 334, 335, 336, 337, 338, 339, 340, 341, 342, 343, 344, 345, 346, 347, 348, 349, 350, 351, 352, 353, 354, 355, 356, 357, 358, 359, 360, 361, 362, 363, 364, 365, 366, 367, 368, 369, 370, 371, 372, 373, 374, 375, 376, 377, 378, 379, 380, 381, 382, 383, 384, 385, 386, 387, 388, 389, 390, 391, 392, 393, 394, 395, 396, 397, 398, 399, 400, 401, 402, 403, 404, 405, 406, 407, 408, 409, 410, 411, 412, 413, 414, 415, 416, 417, 418, 419, 420, 421, 422, 423, 424, 425, 426, 427, 428, 429, 430, 431, 432, 433, 434, 435, 436, 437, 438, 439, 440, 441, 442, 443, 444, 445, 446, 447, 448, 449, 450, 451, 452, 453, 454, 455, 456, 457, 458, 459, 460, 461, 462, 463, 464, 465, 466, 467, 468, 469, 470, 471, 472, 473, 474, 475, 476, 477, 478, 479, 480, 481, 482, 483, 484, 485, 486, 487, 488, 489, 490, 491, 492, 493, 494, 495, 496, 497, 498, 499, 500, 501, 502, 503, 504, 505, 506, 507, 508, 509, 510, 511, 512, 513, 514, 515, 516, 517, 518], "LargestImagePixelValue": [22265, 20338, 20198, 20157, 20504, 20038, 20165, 20267, 20085, 20151, 20027, 20880, 20473, 20121, 20003, 20196, 19912, 20263, 20195, 20010, 20234, 20262, 20499, 20434, 20485, 20121, 20146, 20147, 20511, 20556, 20462, 20691, 20515, 20545, 20628, 20541, 20517, 20683, 20388, 20340, 20719, 20616, 20446, 20109, 20254, 20623, 20624, 20520, 20492, 20596, 20629, 20212, 20082, 20184, 20568, 20441, 20370, 20677, 20974, 20736, 20542, 20657, 20753, 20495, 20525, 20705, 20653, 20490, 20883, 20747, 20794, 20538, 20845, 20681, 20826, 20775, 20889, 20764, 20729, 21129, 20846, 20819, 20597, 20576, 20950, 20688, 20731, 20774, 20947, 21054, 20652, 20727, 20628, 20882, 20928, 20866, 20742, 20673, 20704, 20540, 20882, 20564, 20841, 20888, 20595, 20754, 20799, 20539, 20918, 20423, 20467, 20516, 20704, 20556, 20503, 20641, 20526, 21784, 21854, 27703, 21964, 24153, 22252, 20630, 20526, 19829, 20126, 20360, 20223, 20360, 20809, 20321, 20495, 20742, 20185, 20078, 20079, 20483, 20367, 20051, 21263, 20231, 20187, 20361, 20078, 20394, 20615, 20446, 20131, 20565, 20011, 22362, 20736, 20688, 20564, 20647, 20726, 20965, 20565, 20600, 20754, 20421, 20510, 20720, 20709, 20562, 20511, 20818, 20621, 20630, 20791, 20416, 20683, 20498, 22629, 20699, 20718, 20989, 20741, 20674, 20729, 20952, 20885, 20769, 20773, 20941, 20712, 20680, 21379, 20783, 21687, 21641, 20696, 20856, 20616, 21383, 20544, 20840, 20629, 20494, 21165, 20608, 20718, 20644, 20903, 20531, 21182, 20971, 20831, 20736, 20567, 20778, 20648, 20716, 20653, 20627, 20699, 21459, 20636, 20686, 20901, 20423, 20508, 20741, 20613, 20552, 20859, 20819, 20901, 21184, 20927, 20742, 20935, 20758, 20741, 20999, 20849, 20808, 21316, 21091, 20878, 20718, 21106, 20892, 21207, 20882, 20858, 20745, 21049, 20719, 20982, 20871, 21125, 20942, 20721, 21503, 21066, 21127, 20761, 20935, 20904, 20823, 20915, 20769, 20899, 20500, 20956, 20965, 20848, 22202, 20804, 20969, 20767, 20800, 21063, 20947, 20908, 20967, 21082, 20997, 20771, 20902, 20894, 20825, 20835, 20804, 20929, 20654, 21503, 20878, 22031, 21060, 20759, 20747, 21035, 21100, 20783, 20951, 21373, 21001, 20846, 21101, 20715, 20808, 20859, 20644, 20798, 21130, 20943, 20880, 20801, 20576, 20747, 20802, 20873, 21082, 21067, 20782, 20496, 20938, 21692, 20933, 20942, 20676, 20992, 20806, 20836, 20833, 20558, 20524, 20694, 20703, 20669, 21151, 20755, 21134, 21012, 20847, 21511, 20705, 21065, 20501, 20858, 21098, 20941, 20959, 21138, 20607, 20706, 20712, 20922, 20628, 20934, 20691, 20774, 20822, 21096, 20816, 21621, 20695, 20857, 20724, 21239, 20964, 20844, 20980, 21774, 20847, 21619, 20786, 21335, 20902, 21557, 21740, 20641, 20747, 21076, 20681, 20948, 20937, 22623, 20738, 20962, 22166, 21084, 21882, 20839, 20569, 20741, 20637, 21116, 20640, 20627, 21969, 20687, 21146, 20582, 20956, 20394, 20564, 20647, 21133, 20805, 22224, 20656, 20699, 20538, 20666, 20562, 20635, 20826, 21353, 21216, 20628, 21452, 20751, 21021, 20697, 20601, 21579, 20607, 22297, 21175, 20938, 20608, 20662, 21166, 21206, 21270, 20608, 20729, 20526, 21166, 20760, 20435, 20572, 22010, 20556, 21223, 20668, 20544, 20863, 20932, 20805, 20833, 21448, 20804, 20611, 20828, 21260, 20829, 21233, 20876, 20791, 21161, 20928, 20984, 20753, 20815, 21408, 24599, 22062, 20942, 20710, 21010, 20668, 21256, 20788, 20598, 20777, 21169, 22711, 20833, 22154, 20842, 21178, 20666, 21149, 20795, 21285, 20811, 20758, 21817, 20950, 20802, 20570, 20603, 21098, 21134, 20756, 20754, 21762, 20810, 21909, 20717, 21143, 20608, 20516, 21333, 20605, 24005, 20698, 20861, 20673, 20659, 20807, 20957, 20685, 21208, 21544, 21007, 20654, 20708, 20973, 20572, 20821, 20724, 20629], "WindowCenter": [9122.0, 9115.0, 9097.0, 9113.0, 9114.0, 9096.0, 9109.0, 9108.0, 9100.0, 9091.0, 9104.0, 9115.0, 9106.0, 9106.0, 9110.0, 9097.0, 9094.0, 9121.0, 9114.0, 9101.0, 9110.0, 9102.0, 9111.0, 9109.0, 9120.0, 9104.0, 9106.0, 9092.0, 9101.0, 9092.0, 9099.0, 9112.0, 9085.0, 9095.0, 9096.0, 9101.0, 9102.0, 9116.0, 9105.0, 9107.0, 9098.0, 9102.0, 9106.0, 9117.0, 9110.0, 9114.0, 9114.0, 9112.0, 9094.0, 9090.0, 9116.0, 9102.0, 9107.0, 9091.0, 9121.0, 9117.0, 9108.0, 9098.0, 9114.0, 9090.0, 9107.0, 9114.0, 9106.0, 9120.0, 9117.0, 9129.0, 9126.0, 9124.0, 9125.0, 9100.0, 9105.0, 9104.0, 9114.0, 9118.0, 9105.0, 9119.0, 9122.0, 9119.0, 9107.0, 9111.0, 9122.0, 9121.0, 9112.0, 9109.0, 9121.0, 9120.0, 9114.0, 9116.0, 9118.0, 9111.0, 9103.0, 9112.0, 9114.0, 9104.0, 9112.0, 9125.0, 9114.0, 9120.0, 9118.0, 9119.0, 9120.0, 9113.0, 9111.0, 9113.0, 9106.0, 9114.0, 9084.0, 9106.0, 9101.0, 9094.0, 9105.0, 9097.0, 9106.0, 9103.0, 9095.0, 9118.0, 9109.0, 9069.0, 8980.0, 9286.0, 9088.0, 9238.0, 9181.0, 9154.0, 9139.0, 9099.0, 9110.0, 9107.0, 9111.0, 9125.0, 9140.0, 9116.0, 9118.0, 9120.0, 9087.0, 9103.0, 9120.0, 9118.0, 9116.0, 9121.0, 9130.0, 9133.0, 9110.0, 9115.0, 9127.0, 9119.0, 9115.0, 9101.0, 9115.0, 9106.0, 9107.0, 9114.0, 9110.0, 9116.0, 9098.0, 9118.0, 9098.0, 9123.0, 9115.0, 9112.0, 9120.0, 9119.0, 9129.0, 9131.0, 9129.0, 9134.0, 9119.0, 9118.0, 9120.0, 9112.0, 9124.0, 9122.0, 9137.0, 9120.0, 9144.0, 9114.0, 9117.0, 9125.0, 9119.0, 9115.0, 9119.0, 9114.0, 9103.0, 9120.0, 9115.0, 9121.0, 9126.0, 9118.0, 9101.0, 9100.0, 9114.0, 9121.0, 9122.0, 9119.0, 9116.0, 9130.0, 9141.0, 9124.0, 9119.0, 9130.0, 9118.0, 9134.0, 9126.0, 9131.0, 9120.0, 9119.0, 9125.0, 9131.0, 9132.0, 9135.0, 9118.0, 9130.0, 9132.0, 9143.0, 9129.0, 9130.0, 9144.0, 9130.0, 9116.0, 9120.0, 9132.0, 9137.0, 9143.0, 9145.0, 9129.0, 9137.0, 9124.0, 9125.0, 9141.0, 9141.0, 9143.0, 9139.0, 9135.0, 9134.0, 9135.0, 9122.0, 9121.0, 9126.0, 9120.0, 9118.0, 9122.0, 9136.0, 9125.0, 9124.0, 9132.0, 9135.0, 9146.0, 9129.0, 9136.0, 9130.0, 9145.0, 9131.0, 9127.0, 9124.0, 9124.0, 9128.0, 9122.0, 9136.0, 9133.0, 9133.0, 9135.0, 9128.0, 9121.0, 9137.0, 9132.0, 9137.0, 9137.0, 9142.0, 9127.0, 9142.0, 9131.0, 9130.0, 9126.0, 9125.0, 9132.0, 9124.0, 9125.0, 9139.0, 9129.0, 9122.0, 9126.0, 9137.0, 9134.0, 9141.0, 9144.0, 9136.0, 9133.0, 9139.0, 9151.0, 9141.0, 9143.0, 9127.0, 9126.0, 9136.0, 9138.0, 9141.0, 9127.0, 9128.0, 9129.0, 9129.0, 9142.0, 9139.0, 9144.0, 9138.0, 9133.0, 9131.0, 9136.0, 9142.0, 9133.0, 9138.0, 9143.0, 9136.0, 9127.0, 9145.0, 9134.0, 9134.0, 9132.0, 9139.0, 9139.0, 9135.0, 9129.0, 9153.0, 9132.0, 9138.0, 9152.0, 9133.0, 9126.0, 9146.0, 9141.0, 9140.0, 9144.0, 9143.0, 9148.0, 9148.0, 9141.0, 9131.0, 9135.0, 9138.0, 9153.0, 9156.0, 9138.0, 9143.0, 9145.0, 9149.0, 9147.0, 9141.0, 9139.0, 9135.0, 9131.0, 9145.0, 9143.0, 9157.0, 9145.0, 9138.0, 9130.0, 9135.0, 9138.0, 9142.0, 9151.0, 9124.0, 9134.0, 9131.0, 9135.0, 9130.0, 9132.0, 9134.0, 9115.0, 9119.0, 9145.0, 9153.0, 9133.0, 9141.0, 9150.0, 9143.0, 9131.0, 9126.0, 9130.0, 9143.0, 9137.0, 9164.0, 9170.0, 9161.0, 9153.0, 9155.0, 9140.0, 9156.0, 9154.0, 9156.0, 9160.0, 9151.0, 9171.0, 9170.0, 9153.0, 9158.0, 9145.0, 9143.0, 9137.0, 9134.0, 9146.0, 9146.0, 9146.0, 9151.0, 9145.0, 9156.0, 9129.0, 9144.0, 9141.0, 9153.0, 9142.0, 9137.0, 9135.0, 9139.0, 9142.0, 9144.0, 9148.0, 9142.0, 9150.0, 9156.0, 9148.0, 9156.0, 9140.0, 9163.0, 9147.0, 9136.0, 9142.0, 9151.0, 9148.0, 9142.0, 9157.0, 9131.0, 9140.0, 9137.0, 9146.0, 9147.0, 9142.0, 9144.0, 9154.0, 9151.0, 9153.0, 9147.0, 9157.0, 9157.0, 9140.0, 9155.0, 9160.0, 9162.0, 9150.0, 9144.0, 9156.0, 9153.0, 9147.0, 9162.0, 9160.0, 9152.0, 9149.0, 9160.0, 9166.0, 9152.0, 9163.0, 9158.0, 9172.0, 9161.0, 9130.0, 9142.0, 9152.0, 9163.0, 9165.0, 9161.0, 9153.0, 9154.0, 9153.0, 9155.0, 9133.0, 9151.0, 9146.0, 9150.0, 9157.0, 9166.0, 9158.0, 9162.0, 9160.0, 9151.0, 9150.0, 9139.0, 9143.0, 9143.0, 9145.0, 9153.0, 9142.0, 9132.0, 9134.0, 9145.0, 9136.0, 9148.0, 9135.0, 9135.0, 9146.0, 9151.0, 9155.0, 9138.0, 9154.0, 9124.0, 9136.0, 9143.0, 9136.0, 9146.0, 9142.0, 9134.0, 9148.0, 9162.0, 9153.0, 9147.0, 9149.0, 9145.0, 9139.0, 9161.0, 9153.0, 9139.0], "WindowWidth": [19268.0, 19250.0, 19216.0, 19247.0, 19248.0, 19212.0, 19236.0, 19235.0, 19217.0, 19199.0, 19226.0, 19247.0, 19227.0, 19229.0, 19237.0, 19212.0, 19206.0, 19260.0, 19247.0, 19221.0, 19237.0, 19222.0, 19237.0, 19235.0, 19260.0, 19226.0, 19230.0, 19201.0, 19217.0, 19198.0, 19212.0, 19239.0, 19185.0, 19204.0, 19205.0, 19215.0, 19218.0, 19246.0, 19229.0, 19230.0, 19211.0, 19218.0, 19229.0, 19250.0, 19237.0, 19244.0, 19245.0, 19242.0, 19207.0, 19195.0, 19248.0, 19222.0, 19231.0, 19204.0, 19261.0, 19252.0, 19233.0, 19213.0, 19243.0, 19194.0, 19228.0, 19244.0, 19229.0, 19258.0, 19257.0, 19281.0, 19271.0, 19265.0, 19266.0, 19216.0, 19224.0, 19224.0, 19244.0, 19256.0, 19228.0, 19253.0, 19263.0, 19256.0, 19230.0, 19238.0, 19264.0, 19259.0, 19243.0, 19239.0, 19258.0, 19255.0, 19243.0, 19248.0, 19254.0, 19239.0, 19222.0, 19238.0, 19244.0, 19225.0, 19242.0, 19272.0, 19249.0, 19257.0, 19253.0, 19256.0, 19255.0, 19245.0, 19240.0, 19241.0, 19229.0, 19241.0, 19183.0, 19225.0, 19219.0, 19204.0, 19223.0, 19209.0, 19224.0, 19220.0, 19206.0, 19251.0, 19238.0, 19157.0, 18944.0, 19668.0, 19177.0, 19531.0, 19383.0, 19330.0, 19299.0, 19212.0, 19238.0, 19231.0, 19240.0, 19272.0, 19305.0, 19253.0, 19256.0, 19257.0, 19192.0, 19224.0, 19261.0, 19262.0, 19253.0, 19260.0, 19277.0, 19287.0, 19242.0, 19253.0, 19276.0, 19259.0, 19253.0, 19221.0, 19248.0, 19232.0, 19232.0, 19242.0, 19236.0, 19246.0, 19215.0, 19256.0, 19212.0, 19261.0, 19250.0, 19245.0, 19257.0, 19256.0, 19282.0, 19285.0, 19277.0, 19289.0, 19258.0, 19258.0, 19257.0, 19245.0, 19269.0, 19265.0, 19295.0, 19262.0, 19301.0, 19247.0, 19256.0, 19268.0, 19256.0, 19248.0, 19254.0, 19246.0, 19223.0, 19256.0, 19248.0, 19261.0, 19269.0, 19255.0, 19217.0, 19216.0, 19242.0, 19256.0, 19262.0, 19257.0, 19251.0, 19280.0, 19304.0, 19271.0, 19260.0, 19283.0, 19261.0, 19287.0, 19273.0, 19281.0, 19258.0, 19256.0, 19270.0, 19284.0, 19284.0, 19293.0, 19258.0, 19280.0, 19284.0, 19309.0, 19283.0, 19282.0, 19309.0, 19281.0, 19253.0, 19263.0, 19284.0, 19297.0, 19309.0, 19313.0, 19280.0, 19294.0, 19270.0, 19271.0, 19303.0, 19303.0, 19305.0, 19300.0, 19293.0, 19289.0, 19291.0, 19266.0, 19263.0, 19272.0, 19261.0, 19258.0, 19265.0, 19290.0, 19272.0, 19269.0, 19283.0, 19294.0, 19318.0, 19283.0, 19294.0, 19281.0, 19306.0, 19281.0, 19273.0, 19271.0, 19270.0, 19278.0, 19268.0, 19294.0, 19288.0, 19288.0, 19297.0, 19278.0, 19262.0, 19294.0, 19286.0, 19294.0, 19297.0, 19306.0, 19281.0, 19300.0, 19282.0, 19279.0, 19270.0, 19270.0, 19284.0, 19269.0, 19271.0, 19298.0, 19278.0, 19265.0, 19273.0, 19297.0, 19291.0, 19305.0, 19312.0, 19296.0, 19288.0, 19302.0, 19324.0, 19302.0, 19304.0, 19275.0, 19271.0, 19291.0, 19295.0, 19303.0, 19276.0, 19277.0, 19278.0, 19277.0, 19306.0, 19300.0, 19311.0, 19299.0, 19289.0, 19285.0, 19292.0, 19309.0, 19289.0, 19298.0, 19309.0, 19295.0, 19277.0, 19312.0, 19294.0, 19294.0, 19286.0, 19299.0, 19300.0, 19293.0, 19282.0, 19332.0, 19288.0, 19299.0, 19324.0, 19290.0, 19274.0, 19319.0, 19307.0, 19302.0, 19313.0, 19309.0, 19316.0, 19316.0, 19304.0, 19287.0, 19291.0, 19298.0, 19327.0, 19334.0, 19300.0, 19309.0, 19316.0, 19321.0, 19315.0, 19303.0, 19300.0, 19294.0, 19288.0, 19318.0, 19310.0, 19337.0, 19312.0, 19298.0, 19280.0, 19293.0, 19298.0, 19304.0, 19321.0, 19271.0, 19286.0, 19283.0, 19292.0, 19281.0, 19284.0, 19286.0, 19248.0, 19255.0, 19310.0, 19334.0, 19291.0, 19303.0, 19318.0, 19307.0, 19282.0, 19273.0, 19281.0, 19310.0, 19300.0, 19355.0, 19367.0, 19349.0, 19333.0, 19332.0, 19305.0, 19332.0, 19332.0, 19337.0, 19345.0, 19330.0, 19369.0, 19367.0, 19334.0, 19341.0, 19314.0, 19309.0, 19299.0, 19291.0, 19315.0, 19319.0, 19320.0, 19326.0, 19315.0, 19336.0, 19285.0, 19312.0, 19311.0, 19334.0, 19309.0, 19298.0, 19296.0, 19299.0, 19306.0, 19311.0, 19318.0, 19307.0, 19325.0, 19338.0, 19324.0, 19335.0, 19306.0, 19344.0, 19315.0, 19295.0, 19311.0, 19327.0, 19317.0, 19306.0, 19333.0, 19287.0, 19300.0, 19298.0, 19315.0, 19320.0, 19310.0, 19311.0, 19329.0, 19328.0, 19330.0, 19318.0, 19339.0, 19340.0, 19305.0, 19334.0, 19345.0, 19348.0, 19325.0, 19313.0, 19335.0, 19332.0, 19317.0, 19347.0, 19345.0, 19330.0, 19323.0, 19344.0, 19356.0, 19328.0, 19350.0, 19341.0, 19362.0, 19343.0, 19286.0, 19309.0, 19326.0, 19350.0, 19357.0, 19347.0, 19331.0, 19333.0, 19334.0, 19330.0, 19289.0, 19324.0, 19316.0, 19323.0, 19340.0, 19359.0, 19342.0, 19346.0, 19345.0, 19327.0, 19324.0, 19301.0, 19308.0, 19309.0, 19315.0, 19330.0, 19307.0, 19289.0, 19290.0, 19310.0, 19292.0, 19318.0, 19294.0, 19292.0, 19316.0, 19325.0, 19333.0, 19301.0, 19322.0, 19270.0, 19295.0, 19309.0, 19295.0, 19315.0, 19309.0, 19290.0, 19317.0, 19347.0, 19330.0, 19318.0, 19324.0, 19313.0, 19304.0, 19345.0, 19330.0, 19303.0]}, "slices": {}}}