{"AcquisitionMatrixPE": 96, "AcquisitionNumber": 1, "AcquisitionTime": "17:01:20.170000", "BaseResolution": 96, "BodyPartExamined": "BRAIN", "ConsistencyInfo": "N4_VD11D_LATEST_20110129", "ConversionSoftware": "dcm2niix", "ConversionSoftwareVersion": "v1.0.20210317", "DeviceSerialNumber": "45239", "DwellTime": 9.2e-06, "EchoNumber": 2, "EchoTime": 0.00738, "FlipAngle": 50, "ImageOrientationPatientDICOM": [1, 0.000604607, -0.000349061, -0.000698136, 0.866025, -0.5], "ImageType": ["ORIGINAL", "PRIMARY", "M", "ND", "NORM"], "ImagingFrequency": 123.193, "InPlanePhaseEncodingDirectionDICOM": "COL", "InstitutionAddress": "E 24th St. 100,Austin,Southmiddle,US,78712", "InstitutionName": "Univ of Texas at Austin", "InstitutionalDepartmentName": "IRC", "MRAcquisitionType": "2D", "MagneticFieldStrength": 3, "Manufacturer": "Siemens", "ManufacturersModelName": "Skyra", "Modality": "MR", "PartialFourier": 1, "PatientPosition": "HFS", "PercentPhaseFOV": 100, "PercentSampling": 100, "PhaseEncodingDirection": "j-", "PhaseEncodingSteps": 96, "PhaseResolution": 1, "PixelBandwidth": 565, "ProcedureStepDescription": "Poldrack2^self-scanning", "ProtocolName": "gre_field_mapping", "PulseSequenceDetails": "%SiemensSeq%\\gre_field_mapping", "ReceiveCoilActiveElements": "HEA;HEP", "ReceiveCoilName": "Head_32", "ReconMatrixPE": 96, "RepetitionTime": 0.731, "SAR": 0.116177, "ScanningSequence": "GR", "SequenceName": "*fm2d2r", "SequenceVariant": "SP", "SeriesDescription": "gre_field_mapping", "SeriesNumber": 11, "ShimSetting": [-2782, 8044, -15432, 150, -234, 82, 242, -118], "SliceThickness": 2, "SliceTiming": [0.375, 0, 0.39062, 0.01562, 0.39062, 0.03125, 0.40625, 0.03125, 0.42188, 0.04688, 0.42188, 0.0625, 0.4375, 0.07812, 0.45312, 0.07812, 0.45312, 0.09375, 0.46875, 0.10938, 0.48438, 0.10938, 0.48438, 0.125, 0.5, 0.14062, 0.51562, 0.14062, 0.51562, 0.15625, 0.53125, 0.17188, 0.54688, 0.17188, 0.5625, 0.1875, 0.5625, 0.20312, 0.57812, 0.20312, 0.59375, 0.21875, 0.59375, 0.23438, 0.60938, 0.25, 0.625, 0.25, 0.625, 0.26562, 0.64062, 0.28125, 0.65625, 0.28125, 0.65625, 0.29688, 0.67188, 0.3125, 0.6875, 0.3125, 0.70312, 0.32812, 0.70312, 0.34375, 0.71875, 0.34375, 0.71875, 0.35938], "SoftwareVersions": "syngo MR D11", "SpacingBetweenSlices": 2.4, "StationName": "AWP45239", "TxRefAmp": 333.367}