{"AcquisitionMatrixPE": 96, "AcquisitionNumber": 1, "AcquisitionTime": "17:01:20.170000", "BaseResolution": 96, "BodyPartExamined": "BRAIN", "ConsistencyInfo": "N4_VD11D_LATEST_20110129", "ConversionSoftware": "dcm2niix", "ConversionSoftwareVersion": "v1.0.20210317", "DeviceSerialNumber": "45239", "DwellTime": 9.2e-06, "EchoNumber": 2, "EchoTime": 0.00738, "EchoTime1": 0.00492, "EchoTime2": 0.00738, "FlipAngle": 50, "ImageOrientationPatientDICOM": [1, 0.000604607, -0.000349061, -0.000698136, 0.866025, -0.5], "ImageType": ["ORIGINAL", "PRIMARY", "P", "ND", "PHASE"], "ImagingFrequency": 123.193, "InPlanePhaseEncodingDirectionDICOM": "COL", "InstitutionAddress": "E 24th St. 100,Austin,Southmiddle,US,78712", "InstitutionName": "Univ of Texas at Austin", "InstitutionalDepartmentName": "IRC", "MRAcquisitionType": "2D", "MagneticFieldStrength": 3, "Manufacturer": "Siemens", "ManufacturersModelName": "Skyra", "Modality": "MR", "PartialFourier": 1, "PatientPosition": "HFS", "PercentPhaseFOV": 100, "PercentSampling": 100, "PhaseEncodingDirection": "j-", "PhaseEncodingSteps": 96, "PhaseResolution": 1, "PixelBandwidth": 565, "ProcedureStepDescription": "Poldrack2^self-scanning", "ProtocolName": "gre_field_mapping", "PulseSequenceDetails": "%SiemensSeq%\\gre_field_mapping", "ReceiveCoilActiveElements": "HEA;HEP", "ReceiveCoilName": "Head_32", "ReconMatrixPE": 96, "RepetitionTime": 0.731, "SAR": 0.116177, "ScanningSequence": "GR", "SequenceName": "*fm2d2r", "SequenceVariant": "SP", "SeriesDescription": "gre_field_mapping", "SeriesNumber": 12, "ShimSetting": [-2782, 8044, -15432, 150, -234, 82, 242, -118], "SliceThickness": 2, "SliceTiming": [0.375, 0, 0.39062, 0.01562, 0.39062, 0.03125, 0.40625, 0.03125, 0.42188, 0.04688, 0.42188, 0.0625, 0.4375, 0.07812, 0.45312, 0.07812, 0.45312, 0.09375, 0.46875, 0.10938, 0.48438, 0.10938, 0.48438, 0.125, 0.5, 0.14062, 0.51562, 0.14062, 0.51562, 0.15625, 0.53125, 0.17188, 0.54688, 0.17188, 0.5625, 0.1875, 0.5625, 0.20312, 0.57812, 0.20312, 0.59375, 0.21875, 0.59375, 0.23438, 0.60938, 0.25, 0.625, 0.25, 0.625, 0.26562, 0.64062, 0.28125, 0.65625, 0.28125, 0.65625, 0.29688, 0.67188, 0.3125, 0.6875, 0.3125, 0.70312, 0.32812, 0.70312, 0.34375, 0.71875, 0.34375, 0.71875, 0.35938], "SoftwareVersions": "syngo MR D11", "SpacingBetweenSlices": 2.4, "StationName": "AWP45239", "TxRefAmp": 333.367, "dcmmeta_affine": [[-2.3958327770233154, -0.0016726173926144838, 0.0, 116.16705322265625], [-0.001448538270778954, 2.0748519897460938, -1.2000007629394531, -78.20665740966797], [-0.0008362928638234735, 1.1979163885116577, 2.078460693359375, -87.92594146728516], [0.0, 0.0, 0.0, 1.0]], "dcmmeta_reorient_transform": [[0.0, -1.0, 0.0, 95.0], [1.0, 0.0, 0.0, 0.0], [0.0, 0.0, -1.0, 67.0], [0.0, 0.0, 0.0, 1.0]], "dcmmeta_shape": [96, 96, 68], "dcmmeta_slice_dim": 2, "dcmmeta_version": 0.6, "global": {"const": {"AcquisitionMatrix": [96, 0, 0, 96], "AcquisitionNumber": 1, "AngioFlag": "N", "BitsAllocated": 16, "BitsStored": 12, "BodyPartExamined": "BRAIN", "Columns": 96, "EchoNumbers": 2, "EchoTime": 7.38, "EchoTrainLength": 0, "FlipAngle": 50.0, "HighBit": 11, "ImageOrientationPatient": [0.99999975630306, 0.00060460728838, -0.0003490613889, -0.0006981359655, 0.86602518959877, -0.4999998835866], "ImageType": ["ORIGINAL", "PRIMARY", "P", "ND"], "ImagedNucleus": "1H", "ImagingFrequency": 123.193373, "InPlanePhaseEncodingDirection": "COL", "MRAcquisitionType": "2D", "MagneticFieldStrength": 3.0, "Manufacturer": "SIEMENS", "ManufacturerModelName": "Skyra", "Modality": "MR", "NumberOfAverages": 1.0, "NumberOfPhaseEncodingSteps": 96, "PercentPhaseFieldOfView": 100.0, "PercentSampling": 100.0, "PerformedProcedureStepStartTime": "162616.109000", "PhotometricInterpretation": "MONOCHROME2", "PixelBandwidth": 565.0, "PixelRepresentation": 0, "PixelSpacing": [2.3958332538605, 2.3958332538605], "ProtocolName": "gre_field_mapping", "RepetitionTime": 731.0, "RescaleIntercept": -4096.0, "RescaleSlope": 2.0, "RescaleType": "US", "Rows": 96, "SAR": 0.11617655758067, "SamplesPerPixel": 1, "ScanningSequence": "GR", "SequenceName": "*fm2d2r", "SequenceVariant": "SP", "SeriesDescription": "gre_field_mapping", "SeriesNumber": 12, "SeriesTime": "170801.859000", "SliceThickness": 2.0, "SoftwareVersions": "syngo MR D11", "SpacingBetweenSlices": 2.4, "SpecificCharacterSet": "ISO_IR 100", "StudyID": "1", "StudyTime": "162616.078000", "TransmitCoilName": "Body", "VariableFlipAngleFlag": "N", "WindowCenterWidthExplanation": "Algo1", "dBdt": 0.0}, "slices": {"AcquisitionTime": ["170120.170000", "170119.802500", "170120.180000", "170119.815000", "170120.190000", "170119.825000", "170120.200000", "170119.835000", "170120.212500", "170119.847500", "170120.222500", "170119.857500", "170120.232500", "170119.867500", "170120.245000", "170119.877500", "170120.255000", "170119.890000", "170120.265000", "170119.900000", "170120.277500", "170119.910000", "170120.287500", "170119.922500", "170120.297500", "170119.932500", "170120.307500", "170119.942500", "170120.320000", "170119.955000", "170120.330000", "170119.965000", "170120.340000", "170119.975000", "170120.352500", "170119.985000", "170120.362500", "170119.997500", "170120.372500", "170120.007500", "170120.385000", "170120.017500", "170120.395000", "170120.030000", "170120.405000", "170120.040000", "170120.415000", "170120.050000", "170120.427500", "170120.062500", "170120.437500", "170120.072500", "170120.447500", "170120.082500", "170120.460000", "170120.092500", "170120.470000", "170120.105000", "170120.480000", "170120.115000", "170120.492500", "170120.125000", "170120.502500", "170120.137500", "170120.512500", "170120.147500", "170120.522500", "170120.157500"], "ContentTime": ["170801.921000", "170801.859000", "170801.921000", "170801.859000", "170801.937000", "170801.859000", "170801.937000", "170801.859000", "170801.937000", "170801.859000", "170801.937000", "170801.859000", "170801.937000", "170801.875000", "170801.937000", "170801.875000", "170801.937000", "170801.875000", "170801.968000", "170801.875000", "170801.968000", "170801.875000", "170801.968000", "170801.875000", "170801.968000", "170801.875000", "170801.968000", "170801.875000", "170801.968000", "170801.890000", "170801.968000", "170801.890000", "170801.984000", "170801.890000", "170801.984000", "170801.890000", "170801.984000", "170801.890000", "170801.984000", "170801.890000", "170801.984000", "170801.890000", "170801.984000", "170801.890000", "170801.984000", "170801.890000", "170801.984000", "170801.906000", "170802.000000", "170801.906000", "170802.000000", "170801.906000", "170802.000000", "170801.906000", "170802.000000", "170801.906000", "170802.000000", "170801.921000", "170802.000000", "170801.921000", "170802.000000", "170801.921000", "170802.000000", "170801.921000", "170802.015000", "170801.921000", "170802.015000", "170801.921000"], "CsaImage.ICE_Dims": ["X_2_1_1_1_1_1_35_1_1_1_1_486", "X_2_1_1_1_1_1_1_1_1_2_1_486", "X_2_1_1_1_1_1_36_1_1_3_1_486", "X_2_1_1_1_1_1_2_1_1_4_1_486", "X_2_1_1_1_1_1_37_1_1_5_1_486", "X_2_1_1_1_1_1_3_1_1_6_1_486", "X_2_1_1_1_1_1_38_1_1_7_1_486", "X_2_1_1_1_1_1_4_1_1_8_1_486", "X_2_1_1_1_1_1_39_1_1_9_1_486", "X_2_1_1_1_1_1_5_1_1_10_1_486", "X_2_1_1_1_1_1_40_1_1_11_1_486", "X_2_1_1_1_1_1_6_1_1_12_1_486", "X_2_1_1_1_1_1_41_1_1_13_1_486", "X_2_1_1_1_1_1_7_1_1_14_1_486", "X_2_1_1_1_1_1_42_1_1_15_1_486", "X_2_1_1_1_1_1_8_1_1_16_1_486", "X_2_1_1_1_1_1_43_1_1_17_1_486", "X_2_1_1_1_1_1_9_1_1_18_1_486", "X_2_1_1_1_1_1_44_1_1_19_1_486", "X_2_1_1_1_1_1_10_1_1_20_1_486", "X_2_1_1_1_1_1_45_1_1_21_1_486", "X_2_1_1_1_1_1_11_1_1_22_1_486", "X_2_1_1_1_1_1_46_1_1_23_1_486", "X_2_1_1_1_1_1_12_1_1_24_1_486", "X_2_1_1_1_1_1_47_1_1_25_1_486", "X_2_1_1_1_1_1_13_1_1_26_1_486", "X_2_1_1_1_1_1_48_1_1_27_1_486", "X_2_1_1_1_1_1_14_1_1_28_1_486", "X_2_1_1_1_1_1_49_1_1_29_1_486", "X_2_1_1_1_1_1_15_1_1_30_1_486", "X_2_1_1_1_1_1_50_1_1_31_1_486", "X_2_1_1_1_1_1_16_1_1_32_1_486", "X_2_1_1_1_1_1_51_1_1_33_1_486", "X_2_1_1_1_1_1_17_1_1_34_1_486", "X_2_1_1_1_1_1_52_1_1_35_1_486", "X_2_1_1_1_1_1_18_1_1_36_1_486", "X_2_1_1_1_1_1_53_1_1_37_1_486", "X_2_1_1_1_1_1_19_1_1_38_1_486", "X_2_1_1_1_1_1_54_1_1_39_1_486", "X_2_1_1_1_1_1_20_1_1_40_1_486", "X_2_1_1_1_1_1_55_1_1_41_1_486", "X_2_1_1_1_1_1_21_1_1_42_1_486", "X_2_1_1_1_1_1_56_1_1_43_1_486", "X_2_1_1_1_1_1_22_1_1_44_1_486", "X_2_1_1_1_1_1_57_1_1_45_1_486", "X_2_1_1_1_1_1_23_1_1_46_1_486", "X_2_1_1_1_1_1_58_1_1_47_1_486", "X_2_1_1_1_1_1_24_1_1_48_1_486", "X_2_1_1_1_1_1_59_1_1_49_1_486", "X_2_1_1_1_1_1_25_1_1_50_1_486", "X_2_1_1_1_1_1_60_1_1_51_1_486", "X_2_1_1_1_1_1_26_1_1_52_1_486", "X_2_1_1_1_1_1_61_1_1_53_1_486", "X_2_1_1_1_1_1_27_1_1_54_1_486", "X_2_1_1_1_1_1_62_1_1_55_1_486", "X_2_1_1_1_1_1_28_1_1_56_1_486", "X_2_1_1_1_1_1_63_1_1_57_1_486", "X_2_1_1_1_1_1_29_1_1_58_1_486", "X_2_1_1_1_1_1_64_1_1_59_1_486", "X_2_1_1_1_1_1_30_1_1_60_1_486", "X_2_1_1_1_1_1_65_1_1_61_1_486", "X_2_1_1_1_1_1_31_1_1_62_1_486", "X_2_1_1_1_1_1_66_1_1_63_1_486", "X_2_1_1_1_1_1_32_1_1_64_1_486", "X_2_1_1_1_1_1_67_1_1_65_1_486", "X_2_1_1_1_1_1_33_1_1_66_1_486", "X_2_1_1_1_1_1_68_1_1_67_1_486", "X_2_1_1_1_1_1_34_1_1_68_1_486"], "CsaImage.ProtocolSliceNumber": [0, 1, 2, 3, 4, 5, 6, 7, 8, 9, 10, 11, 12, 13, 14, 15, 16, 17, 18, 19, 20, 21, 22, 23, 24, 25, 26, 27, 28, 29, 30, 31, 32, 33, 34, 35, 36, 37, 38, 39, 40, 41, 42, 43, 44, 45, 46, 47, 48, 49, 50, 51, 52, 53, 54, 55, 56, 57, 58, 59, 60, 61, 62, 63, 64, 65, 66, 67], "CsaImage.SlicePosition_PCS": [[-116.0081543, -118.90422555, 25.87608906], [-116.0081543, -117.70422479, 27.95454975], [-116.0081543, -116.50422593, 30.03301045], [-116.0081543, -115.30422517, 32.11147114], [-116.0081543, -114.10422536, 34.18993183], [-116.0081543, -112.90422555, 36.26839253], [-116.0081543, -111.70422574, 38.34685513], [-116.0081543, -110.50422498, 40.42531582], [-116.0081543, -109.30422517, 42.50377651], [-116.0081543, -108.10422536, 44.58223721], [-116.0081543, -106.90422555, 46.6606979], [-116.0081543, -105.70422527, 48.73915859], [-116.0081543, -104.50422546, 50.81762024], [-116.0081543, -103.30422541, 52.89608093], [-116.0081543, -102.10422536, 54.97454187], [-116.0081543, -100.90422543, 57.05300295], [-116.0081543, -99.70422544, 59.13146397], [-116.0081543, -98.50422546, 61.2099249], [-116.0081543, -97.30422541, 63.28838583], [-116.0081543, -96.10422536, 65.366847], [-116.0081543, -94.90422555, 67.44530769], [-116.0081543, -93.70422527, 69.52376839], [-116.0081543, -92.50422546, 71.60223003], [-116.0081543, -91.30422517, 73.68069073], [-116.0081543, -90.10422536, 75.75915142], [-116.0081543, -88.90422555, 77.83761212], [-116.0081543, -87.70422574, 79.91607281], [-116.0081543, -86.50422498, 81.99453541], [-116.0081543, -85.30422517, 84.0729961], [-116.0081543, -84.10422536, 86.1514568], [-116.0081543, -82.90422555, 88.22991749], [-116.0081543, -81.70422479, 90.30838009], [-116.0081543, -80.50422593, 92.38684078], [-116.0081543, -79.30422517, 94.46530148], [-116.0081543, -78.10422631, 96.54376217], [-116.0081543, -76.90422555, 98.62222286], [-116.0081543, -75.70422479, 100.70068356], [-116.0081543, -74.50422593, 102.77914425], [-116.0081543, -73.30422517, 104.85760494], [-116.0081543, -72.10422631, 106.93606564], [-116.0081543, -70.90422555, 109.01452633], [-116.0081543, -69.70422479, 111.09298702], [-116.0081543, -68.50422593, 113.17144772], [-116.0081543, -67.30422708, 115.24990841], [-116.0081543, -66.10422631, 117.32837292], [-116.0081543, -64.90422555, 119.40683361], [-116.0081543, -63.70422479, 121.48529431], [-116.0081543, -62.50422403, 123.563755], [-116.0081543, -61.30422708, 125.64221569], [-116.0081543, -60.10422631, 127.72067639], [-116.0081543, -58.90422555, 129.79913708], [-116.0081543, -57.70422479, 131.87759777], [-116.0081543, -56.50422403, 133.95605847], [-116.0081543, -55.30422708, 136.03451916], [-116.0081543, -54.10422631, 138.11297985], [-116.0081543, -52.90422555, 140.19144055], [-116.0081543, -51.70422479, 142.26990124], [-116.0081543, -50.50422403, 144.34836193], [-116.0081543, -49.30422708, 146.42682263], [-116.0081543, -48.10422631, 148.50528332], [-116.0081543, -46.90422555, 150.58374401], [-116.0081543, -45.70422479, 152.66220471], [-116.0081543, -44.50422403, 154.7406654], [-116.0081543, -43.30422708, 156.81912609], [-116.0081543, -42.10422631, 158.89758679], [-116.0081543, -40.90422555, 160.97605511], [-116.0081543, -39.70422479, 163.0545158], [-116.0081543, -38.50422403, 165.13297649]], "CsaImage.TimeAfterStart": [1.1, 0.735, 1.11, 0.745, 1.1225, 0.755, 1.1325, 0.7675, 1.1425, 0.7775, 1.1525, 0.7875, 1.165, 0.8, 1.175, 0.81, 1.185, 0.82, 1.1975, 0.83, 1.2075, 0.8425, 1.2175, 0.8525, 1.23, 0.8625, 1.24, 0.875, 1.25, 0.885, 1.26, 0.895, 1.2725, 0.9075, 1.2825, 0.9175, 1.2925, 0.9275, 1.305, 0.9375, 1.315, 0.95, 1.325, 0.96, 1.3375, 0.97, 1.3475, 0.9825, 1.3575, 0.9925, 1.3675, 1.0025, 1.38, 1.015, 1.39, 1.025, 1.4, 1.035, 1.4125, 1.045, 1.4225, 1.0575, 1.4325, 1.0675, 1.445, 1.0775, 1.455, 1.09], "ImagePositionPatient": [[-116.00815429707, -118.90422555167, 25.876089059031], [-116.00815429707, -117.70422478873, 27.95454975239], [-116.00815429707, -116.50422593314, 30.03301044575], [-116.00815429707, -115.3042251702, 32.111471139109], [-116.00815429707, -114.10422536093, 34.189931832469], [-116.00815429707, -112.90422555167, 36.268392525828], [-116.00815429707, -111.7042257424, 38.346855126536], [-116.00815429707, -110.50422497946, 40.425315819895], [-116.00815429707, -109.3042251702, 42.503776513255], [-116.00815429707, -108.10422536093, 44.582237206614], [-116.00815429707, -106.90422555167, 46.660697899973], [-116.00815429707, -105.70422526557, 48.739158593333], [-116.00815429707, -104.5042254563, 50.817620240367], [-116.00815429707, -103.30422540862, 52.896080933726], [-116.00815429707, -102.10422536093, 54.974541865504], [-116.00815429707, -100.90422543246, 57.053002946293], [-116.00815429707, -99.70422543693, 59.131463967478], [-116.00815429707, -98.504225456301, 61.209924899256], [-116.00815429707, -97.304225408618, 63.288385831034], [-116.00815429707, -96.104225360934, 65.366847001231], [-116.00815429707, -94.904225551669, 67.44530769459], [-116.00815429707, -93.704225265566, 69.52376838795], [-116.00815429707, -92.504225456301, 71.602230034983], [-116.00815429707, -91.304225170199, 73.680690728343], [-116.00815429707, -90.104225360934, 75.759151421702], [-116.00815429707, -88.904225551669, 77.837612115061], [-116.00815429707, -87.704225742404, 79.916072808421], [-116.00815429707, -86.504224979464, 81.994535409129], [-116.00815429707, -85.304225170199, 84.072996102488], [-116.00815429707, -84.104225360934, 86.151456795847], [-116.00815429707, -82.904225551669, 88.229917489207], [-116.00815429707, -81.704224788729, 90.308380089915], [-116.00815429707, -80.504225933138, 92.386840783274], [-116.00815429707, -79.304225170199, 94.465301476634], [-116.00815429707, -78.104226314608, 96.543762169993], [-116.00815429707, -76.904225551669, 98.622222863352], [-116.00815429707, -75.704224788729, 100.70068355671], [-116.00815429707, -74.504225933138, 102.77914425007], [-116.00815429707, -73.304225170199, 104.85760494343], [-116.00815429707, -72.104226314608, 106.93606563679], [-116.00815429707, -70.904225551669, 109.01452633015], [-116.00815429707, -69.704224788729, 111.09298702351], [-116.00815429707, -68.504225933138, 113.17144771687], [-116.00815429707, -67.304227077548, 115.24990841023], [-116.00815429707, -66.104226314608, 117.32837291828], [-116.00815429707, -64.904225551669, 119.40683361164], [-116.00815429707, -63.704224788729, 121.485294305], [-116.00815429707, -62.50422402579, 123.56375499836], [-116.00815429707, -61.304227077548, 125.64221569172], [-116.00815429707, -60.104226314608, 127.72067638508], [-116.00815429707, -58.904225551669, 129.79913707844], [-116.00815429707, -57.704224788729, 131.8775977718], [-116.00815429707, -56.50422402579, 133.95605846516], [-116.00815429707, -55.304227077548, 136.03451915852], [-116.00815429707, -54.104226314608, 138.11297985188], [-116.00815429707, -52.904225551669, 140.19144054524], [-116.00815429707, -51.704224788729, 142.2699012386], [-116.00815429707, -50.50422402579, 144.34836193196], [-116.00815429707, -49.304227077548, 146.42682262532], [-116.00815429707, -48.104226314608, 148.50528331867], [-116.00815429707, -46.904225551669, 150.58374401203], [-116.00815429707, -45.704224788729, 152.66220470539], [-116.00815429707, -44.50422402579, 154.74066539875], [-116.00815429707, -43.304227077548, 156.81912609211], [-116.00815429707, -42.104226314608, 158.89758678547], [-116.00815429707, -40.904225551669, 160.97605510823], [-116.00815429707, -39.704224788729, 163.05451580158], [-116.00815429707, -38.50422402579, 165.13297649494]], "InstanceCreationTime": ["170801.921000", "170801.859000", "170801.921000", "170801.859000", "170801.937000", "170801.859000", "170801.937000", "170801.859000", "170801.937000", "170801.859000", "170801.937000", "170801.859000", "170801.937000", "170801.875000", "170801.937000", "170801.875000", "170801.937000", "170801.875000", "170801.968000", "170801.875000", "170801.968000", "170801.875000", "170801.968000", "170801.875000", "170801.968000", "170801.875000", "170801.968000", "170801.875000", "170801.968000", "170801.890000", "170801.968000", "170801.890000", "170801.984000", "170801.890000", "170801.984000", "170801.890000", "170801.984000", "170801.890000", "170801.984000", "170801.890000", "170801.984000", "170801.890000", "170801.984000", "170801.890000", "170801.984000", "170801.890000", "170801.984000", "170801.906000", "170802.000000", "170801.906000", "170802.000000", "170801.906000", "170802.000000", "170801.906000", "170802.000000", "170801.906000", "170802.000000", "170801.921000", "170802.000000", "170801.921000", "170802.000000", "170801.921000", "170802.000000", "170801.921000", "170802.015000", "170801.921000", "170802.015000", "170801.921000"], "InstanceNumber": [1, 2, 3, 4, 5, 6, 7, 8, 9, 10, 11, 12, 13, 14, 15, 16, 17, 18, 19, 20, 21, 22, 23, 24, 25, 26, 27, 28, 29, 30, 31, 32, 33, 34, 35, 36, 37, 38, 39, 40, 41, 42, 43, 44, 45, 46, 47, 48, 49, 50, 51, 52, 53, 54, 55, 56, 57, 58, 59, 60, 61, 62, 63, 64, 65, 66, 67, 68], "LargestImagePixelValue": [4094, 4094, 4093, 4094, 4094, 4094, 4093, 4094, 4093, 4094, 4094, 4091, 4093, 4094, 4094, 4094, 4093, 4091, 4090, 4094, 4094, 4093, 4092, 4093, 4094, 4093, 4094, 4093, 4094, 4094, 4093, 4093, 4093, 4090, 4094, 4092, 4093, 4078, 4091, 4092, 4092, 4092, 4094, 4092, 4092, 4093, 4091, 4093, 4094, 4094, 4093, 4094, 4093, 4094, 4092, 4094, 4094, 4094, 4094, 4093, 4094, 4094, 4094, 4094, 4094, 4094, 4094, 4094], "SliceLocation": [-37.042762143169, -34.642762000483, -32.242762811471, -29.842762668785, -27.442763002935, -25.042763337086, -22.642762019425, -20.242761876738, -17.842762210889, -15.44276254504, -13.042762879191, -10.642762974923, -8.2427624831675, -5.842762698109, -3.442762706574, -1.0427626455957, 1.357237397291, 3.7572373552984, 6.1572373468334, 8.557237544845, 10.957237210694, 13.357237114962, 15.757237606717, 18.157237510985, 20.557237176834, 22.957236842684, 25.357236508533, 27.757238303032, 30.157237968881, 32.55723763473, 34.957237300579, 37.357239095078, 39.75723828409, 42.157238426776, 44.557237615788, 46.957237758475, 49.357237901161, 51.757237090173, 54.157237232859, 56.557236421872, 58.957236564558, 61.357236707244, 63.757235896256, 66.157235085268, 68.557238531579, 70.957238674266, 73.357238816952, 75.757238959639, 78.157237194976, 80.557237337663, 82.957237480349, 85.357237623035, 87.757237765722, 90.157236001059, 92.557236143746, 94.957236286432, 97.357236429119, 99.757236571805, 102.15723480714, 104.55723494983, 106.95723509252, 109.3572352352, 111.75723537789, 114.15723361323, 116.55723375591, 118.95724050585, 121.35724064853, 123.75724079122], "SmallestImagePixelValue": [0, 0, 0, 1, 0, 0, 1, 0, 0, 0, 1, 0, 0, 0, 2, 0, 1, 1, 1, 1, 1, 0, 2, 0, 0, 0, 0, 0, 0, 5, 3, 2, 1, 4, 0, 2, 1, 4, 0, 5, 2, 6, 0, 2, 0, 1, 2, 3, 6, 4, 1, 0, 0, 1, 0, 0, 3, 2, 1, 0, 0, 3, 0, 0, 3, 1, 0, 0], "WindowCenter": [-174.0, -156.0, -250.0, -270.0, -274.0, -328.0, -346.0, -466.0, -642.0, -500.0, -430.0, -464.0, -518.0, -522.0, -530.0, -490.0, -462.0, -480.0, -474.0, -486.0, -434.0, -382.0, -374.0, -330.0, -332.0, -336.0, -314.0, -270.0, -308.0, -300.0, -272.0, -270.0, -290.0, -270.0, -248.0, -236.0, -186.0, -176.0, -152.0, -100.0, -126.0, -108.0, -122.0, -132.0, -160.0, -206.0, -220.0, -188.0, -190.0, -206.0, -208.0, -218.0, -230.0, -226.0, -216.0, -240.0, -248.0, -252.0, -282.0, -316.0, -350.0, -372.0, -396.0, -420.0, -476.0, -520.0, -460.0, -476.0], "WindowWidth": [6226.0, 6328.0, 6226.0, 6338.0, 6422.0, 6352.0, 6088.0, 5532.0, 5014.0, 5016.0, 4972.0, 4952.0, 4942.0, 4828.0, 4708.0, 4648.0, 4622.0, 4634.0, 4592.0, 4544.0, 4514.0, 4496.0, 4430.0, 4362.0, 4260.0, 4194.0, 4136.0, 4118.0, 4026.0, 4040.0, 4010.0, 4016.0, 3988.0, 4058.0, 4080.0, 4102.0, 4126.0, 4132.0, 4160.0, 4172.0, 4232.0, 4206.0, 4248.0, 4270.0, 4252.0, 4270.0, 4300.0, 4286.0, 4338.0, 4324.0, 4352.0, 4336.0, 4366.0, 4370.0, 4384.0, 4386.0, 4400.0, 4448.0, 4528.0, 4544.0, 4626.0, 4714.0, 4756.0, 4762.0, 4844.0, 4842.0, 4938.0, 4928.0]}}}