{
    "AcquisitionMatrixPE": 96,
    "AcquisitionNumber": 1,
    "AcquisitionTime": "07:52:55.677500",
    "BandwidthPerPixelPhaseEncode": 33.602,
    "BaseResolution": 96,
    "BodyPartExamined": "BRAIN",
    "ConsistencyInfo": "N4_VD13A_LATEST_20120616",
    "ConversionSoftware": "dcm2niix",
    "ConversionSoftwareVersion": "v1.0.20210317",
    "DerivedVendorReportedEchoSpacing": 0.000620003,
    "DeviceSerialNumber": "45239",
    "DwellTime": 2.6e-06,
    "EchoTime": 0.03,
    "EchoTrainLength": 47,
    "EffectiveEchoSpacing": 0.000310001,
    "FlipAngle": 63,
    "ImageComments": "Unaliased MB4/PE3",
    "ImageOrientationPatientDICOM": [
        0.999381,
        -0.0269463,
        0.0226384,
        0.0344944,
        0.877576,
        -0.478196
    ],
    "ImageType": [
        "ORIGINAL",
        "PRIMARY",
        "M",
        "ND",
        "NORM",
        "MOSAIC"
    ],
    "ImagingFrequency": 123.191,
    "InPlanePhaseEncodingDirectionDICOM": "COL",
    "InstitutionAddress": "E 24th St. 100,Austin,Southmiddle,US,78712",
    "InstitutionName": "Univ of Texas at Austin",
    "InstitutionalDepartmentName": "IRC",
    "MRAcquisitionType": "2D",
    "MagneticFieldStrength": 3,
    "Manufacturer": "Siemens",
    "ManufacturersModelName": "Skyra",
    "Modality": "MR",
    "MultibandAccelerationFactor": 4,
    "ParallelReductionFactorInPlane": 2,
    "PartialFourier": 1,
    "PatientPosition": "HFS",
    "PercentPhaseFOV": 100,
    "PercentSampling": 100,
    "PhaseEncodingDirection": "j-",
    "PhaseEncodingSteps": 95,
    "PhaseResolution": 1,
    "PixelBandwidth": 2005,
    "ProcedureStepDescription": "Poldrack2^self-scanning",
    "ProtocolName": "superloc_run1",
    "PulseSequenceDetails": "%CustomerSeq%\\cmrr_mbep2d_bold",
    "ReceiveCoilActiveElements": "HEA;HEP",
    "ReceiveCoilName": "Head_32",
    "ReconMatrixPE": 96,
    "RefLinesPE": 48,
    "RepetitionTime": 1.16,
    "SAR": 0.144651,
    "ScanOptions": "FS",
    "ScanningSequence": "EP",
    "SequenceName": "epfid2d1_96",
    "SequenceVariant": "SK",
    "SeriesDescription": "superloc_run1",
    "SeriesNumber": 8,
    "ShimSetting": [
        -2968,
        8303,
        -15488,
        -802,
        195,
        -662,
        136,
        204
    ],
    "SliceThickness": 2,
    "SliceTiming": [
        0,
        0.4975,
        0.9975,
        0.355,
        0.855,
        0.2125,
        0.7125,
        0.07,
        0.57,
        1.0675,
        0.4275,
        0.925,
        0.285,
        0.7825,
        0.1425,
        0.64,
        0,
        0.4975,
        0.9975,
        0.355,
        0.855,
        0.2125,
        0.7125,
        0.07,
        0.57,
        1.0675,
        0.4275,
        0.925,
        0.285,
        0.7825,
        0.1425,
        0.64,
        0,
        0.4975,
        0.9975,
        0.355,
        0.855,
        0.2125,
        0.7125,
        0.07,
        0.57,
        1.0675,
        0.4275,
        0.925,
        0.285,
        0.7825,
        0.1425,
        0.64,
        0,
        0.4975,
        0.9975,
        0.355,
        0.855,
        0.2125,
        0.7125,
        0.07,
        0.57,
        1.0675,
        0.4275,
        0.925,
        0.285,
        0.7825,
        0.1425,
        0.64
    ],
    "SoftwareVersions": "syngo MR D13",
    "SpacingBetweenSlices": 2.4,
    "StationName": "AWP45239",
    "TaskName": "Sentence processing task",
    "TotalReadoutTime": 0.0294501,
    "TxRefAmp": 362.286,
    "WipMemBlock": "0e4baeb5-e07c-47dd-b622-56249fe25cc0||Sequence: vd13a/R010 r/fd129fc; Dec 13 2013 16:14:27 by eja",
    "dcmmeta_affine": [
        [
            -2.3943490982055664,
            0.0826428011059761,
            0.016755005344748497,
            111.97616577148438
        ],
        [
            0.06455894559621811,
            2.102524995803833,
            -1.1488324403762817,
            -87.51729583740234
        ],
        [
            0.0542377308011055,
            1.1456767320632935,
            2.1071078777313232,
            -71.1672592163086
        ],
        [
            0.0,
            0.0,
            0.0,
            1.0
        ]
    ],
    "dcmmeta_reorient_transform": [
        [
            0.0,
            -1.0,
            0.0,
            95.0
        ],
        [
            1.0,
            0.0,
            0.0,
            0.0
        ],
        [
            0.0,
            0.0,
            1.0,
            0.0
        ],
        [
            0.0,
            0.0,
            0.0,
            1.0
        ]
    ],
    "dcmmeta_shape": [
        96,
        96,
        64,
        326
    ],
    "dcmmeta_slice_dim": 2,
    "dcmmeta_version": 0.6,
    "global": {
        "const": {
            "AcquisitionMatrix": [
                96,
                0,
                0,
                96
            ],
            "AngioFlag": "N",
            "BitsAllocated": 16,
            "BitsStored": 16,
            "BodyPartExamined": "BRAIN",
            "Columns": 768,
            "DeidentificationMethodCodeSequence": [
                {
                    "CodeMeaning": "XNAT Edit Script",
                    "CodeValue": "93",
                    "CodingSchemeDesignator": "XNAT",
                    "CodingSchemeVersion": "0.1"
                }
            ],
            "EchoNumbers": 1,
            "EchoTime": 30.0,
            "EchoTrainLength": 47,
            "FlipAngle": 63.0,
            "HighBit": 15,
            "ImageOrientationPatient": [
                0.9993805077535,
                -0.0269463438579,
                0.02263835848855,
                0.03449438848733,
                0.87757572876607,
                -0.478195543103
            ],
            "ImagePositionPatient": [
                -952.09649531658,
                -796.97921949055,
                404.39555778821
            ],
            "ImageType": [
                "ORIGINAL",
                "PRIMARY",
                "M",
                "ND",
                "NORM",
                "MOSAIC"
            ],
            "ImagedNucleus": "1H",
            "ImagingFrequency": 123.191378,
            "InPlanePhaseEncodingDirection": "COL",
            "MRAcquisitionType": "2D",
            "MagneticFieldStrength": 3.0,
            "Manufacturer": "SIEMENS",
            "ManufacturerModelName": "Skyra",
            "Modality": "MR",
            "NumberOfAverages": 1.0,
            "NumberOfPhaseEncodingSteps": 95,
            "PercentPhaseFieldOfView": 100.0,
            "PercentSampling": 100.0,
            "PerformedProcedureStepStartTime": "071802.614000",
            "PhotometricInterpretation": "MONOCHROME2",
            "PixelBandwidth": 2005.0,
            "PixelRepresentation": 0,
            "PixelSpacing": [
                2.3958332538605,
                2.3958332538605
            ],
            "ProtocolName": "superloc_run1",
            "RepetitionTime": 1160.0,
            "Rows": 768,
            "SAR": 0.14465112141479,
            "SamplesPerPixel": 1,
            "ScanOptions": "FS",
            "ScanningSequence": "EP",
            "SequenceName": "epfid2d1_96",
            "SequenceVariant": "SK",
            "SeriesDescription": "superloc_run1",
            "SeriesNumber": 8,
            "SeriesTime": "075348.126000",
            "SliceLocation": -19.807586163786,
            "SliceThickness": 2.0,
            "SmallestImagePixelValue": 0,
            "SoftwareVersions": "syngo MR D13",
            "SpacingBetweenSlices": 2.4000000246098,
            "SpecificCharacterSet": "ISO_IR 100",
            "StudyID": "1",
            "StudyTime": "071802.442000",
            "TransmitCoilName": "Body",
            "VariableFlipAngleFlag": "N",
            "WindowCenterWidthExplanation": "Algo1",
            "dBdt": 0.0
        },
