{"AcquisitionMatrixPE": 96, "AcquisitionNumber": 1, "AcquisitionTime": "17:09:42.505000", "BandwidthPerPixelPhaseEncode": 33.602, "BaseResolution": 96, "BodyPartExamined": "BRAIN", "ConsistencyInfo": "N4_VD11D_LATEST_20110129", "ConversionSoftware": "dcm2niix", "ConversionSoftwareVersion": "v1.0.20210317", "DerivedVendorReportedEchoSpacing": 0.000620003, "DeviceSerialNumber": "45239", "DwellTime": 2.6e-06, "EchoTime": 0.036, "EchoTrainLength": 48, "EffectiveEchoSpacing": 0.000310001, "FlipAngle": 90, "ImageOrientationPatientDICOM": [0.999916, 0.00999398, 0.00825644, -0.00433514, 0.85803, -0.513582], "ImageType": ["ORIGINAL", "PRIMARY", "M", "ND", "NORM", "MOSAIC"], "ImagingFrequency": 123.193, "InPlanePhaseEncodingDirectionDICOM": "COL", "InstitutionAddress": "E 24th St. 100,Austin,Southmiddle,US,78712", "InstitutionName": "Univ of Texas at Austin", "InstitutionalDepartmentName": "IRC", "MRAcquisitionType": "2D", "MagneticFieldStrength": 3, "Manufacturer": "Siemens", "ManufacturersModelName": "Skyra", "Modality": "MR", "ParallelReductionFactorInPlane": 2, "PartialFourier": 1, "PatientPosition": "HFS", "PercentPhaseFOV": 100, "PercentSampling": 100, "PhaseEncodingDirection": "j-", "PhaseEncodingSteps": 96, "PhaseResolution": 1, "PixelBandwidth": 2005, "ProcedureStepDescription": "Poldrack2^self-scanning", "ProtocolName": "MB-SE_FieldMap_A-P", "PulseSequenceDetails": "%CustomerSeq%\\cmrr_mbep2d_se", "ReceiveCoilActiveElements": "HEA;HEP", "ReceiveCoilName": "Head_32", "ReconMatrixPE": 96, "RefLinesPE": 48, "RepetitionTime": 4.55, "SAR": 0.381229, "ScanOptions": "FS", "ScanningSequence": "EP", "SequenceName": "epse2d1_96", "SequenceVariant": "SK", "SeriesDescription": "MB-SE_FieldMap_A-P", "SeriesNumber": 6, "ShimSetting": [-2779, 8012, -15419, 165, -169, -39, 230, -106], "SliceThickness": 2, "SliceTiming": [2.275, 0, 2.3425, 0.0675, 2.4075, 0.135, 2.475, 0.2, 2.5425, 0.2675, 2.61, 0.335, 2.6775, 0.4025, 2.7425, 0.4675, 2.81, 0.535, 2.8775, 0.6025, 2.945, 0.67, 3.01, 0.735, 3.0775, 0.8025, 3.145, 0.87, 3.2125, 0.9375, 3.2775, 1.005, 3.345, 1.07, 3.4125, 1.1375, 3.48, 1.205, 3.545, 1.2725, 3.6125, 1.3375, 3.68, 1.405, 3.7475, 1.4725, 3.8125, 1.54, 3.88, 1.605, 3.9475, 1.6725, 4.015, 1.74, 4.08, 1.8075, 4.1475, 1.8725, 4.215, 1.94, 4.2825, 2.0075, 4.35, 2.075, 4.415, 2.14, 4.4825, 2.2075], "SoftwareVersions": "syngo MR D11", "SpacingBetweenSlices": 2.4, "StationName": "AWP45239", "TotalReadoutTime": 0.0294501, "TxRefAmp": 350.098, "WipMemBlock": "55abbecf-40f5-42d2-9685-23ee6eceed55||Sequence: VD11D r154; May 23 2012 22:29:07 by eja", "dcmmeta_affine": [[-2.395632028579712, -0.0103862714022398, 0.02932080253958702, 114.07849884033203], [-0.02394391968846321, 2.0556960105895996, -1.2324069738388062, -68.59464263916016], [0.01978105865418911, 1.2304564714431763, 2.059201955795288, -74.92156219482422], [0.0, 0.0, 0.0, 1.0]], "dcmmeta_reorient_transform": [[0.0, -1.0, 0.0, 95.0], [1.0, 0.0, 0.0, 0.0], [0.0, 0.0, 1.0, 0.0], [0.0, 0.0, 0.0, 1.0]], "dcmmeta_shape": [96, 96, 68, 5], "dcmmeta_slice_dim": 2, "dcmmeta_version": 0.6, "global": {"const": {"AcquisitionMatrix": [96, 0, 0, 96], "AngioFlag": "N", "BitsAllocated": 16, "BitsStored": 16, "BodyPartExamined": "BRAIN", "Columns": 864, "EchoNumbers": 1, "EchoTime": 36.0, "EchoTrainLength": 48, "FlipAngle": 90.0, "HighBit": 15, "ImageOrientationPatient": [0.99991597219065, 0.00999398398281, 0.00825644246444, -0.0043351396346, 0.85802964395436, -0.5135818694813], "ImagePositionPatient": [-1029.0261365987, -925.27818533713, 506.87118415022], "ImageType": ["ORIGINAL", "PRIMARY", "M", "ND", "NORM", "MOSAIC"], "ImagedNucleus": "1H", "ImagingFrequency": 123.193482, "InPlanePhaseEncodingDirection": "COL", "MRAcquisitionType": "2D", "MagneticFieldStrength": 3.0, "Manufacturer": "SIEMENS", "ManufacturerModelName": "Skyra", "Modality": "MR", "NumberOfAverages": 1.0, "NumberOfPhaseEncodingSteps": 96, "PercentPhaseFieldOfView": 100.0, "PercentSampling": 100.0, "PerformedProcedureStepStartTime": "170338.906000", "PhotometricInterpretation": "MONOCHROME2", "PixelBandwidth": 2005.0, "PixelRepresentation": 0, "PixelSpacing": [2.3958332538605, 2.3958332538605], "ProtocolName": "MB-SE_FieldMap_A-P", "RepetitionTime": 4550.0, "Rows": 864, "SAR": 0.38122926811432, "SamplesPerPixel": 1, "ScanOptions": "FS", "ScanningSequence": "EP", "SequenceName": "epse2d1_96", "SequenceVariant": "SK", "SeriesDescription": "MB-SE_FieldMap_A-P", "SeriesNumber": 6, "SeriesTime": "171003.859000", "SliceLocation": -27.665520201737, "SliceThickness": 2.0, "SmallestImagePixelValue": 0, "SoftwareVersions": "syngo MR D11", "SpacingBetweenSlices": 2.3999999443083, "SpecificCharacterSet": "ISO_IR 100", "StudyID": "1", "StudyTime": "170338.875000", "TransmitCoilName": "Body", "VariableFlipAngleFlag": "N", "WindowCenterWidthExplanation": "Algo1", "dBdt": 0.0}, "slices": {}}, "time": {"samples": {"AcquisitionNumber": [1, 2, 3, 4, 5], "AcquisitionTime": ["170942.505000", "170947.055000", "170951.605000", "170956.155000", "171000.705000"], "ContentTime": ["171003.859000", "171003.875000", "171003.875000", "171003.875000", "171003.875000"], "InstanceCreationTime": ["171003.859000", "171003.875000", "171003.875000", "171003.875000", "171003.875000"], "InstanceNumber": [1, 2, 3, 4, 5], "LargestImagePixelValue": [45300, 44250, 44780, 44504, 42898], "WindowCenter": [7725.0, 7732.0, 7719.0, 7730.0, 7720.0], "WindowWidth": [16395.0, 16427.0, 16392.0, 16420.0, 16397.0]}, "slices": {}}}