{"AcquisitionMatrixPE": 96, "AcquisitionNumber": 1, "AcquisitionTime": "07:16:58.742500", "BandwidthPerPixelPhaseEncode": 33.602, "BaseResolution": 96, "BodyPartExamined": "BRAIN", "ConsistencyInfo": "N4_VD11D_LATEST_20110129", "ConversionSoftware": "dcm2niix", "ConversionSoftwareVersion": "v1.0.20210317", "DerivedVendorReportedEchoSpacing": 0.000620003, "DeviceSerialNumber": "45239", "DwellTime": 2.6e-06, "EchoTime": 0.03, "EchoTrainLength": 48, "EffectiveEchoSpacing": 0.000310001, "FlipAngle": 63, "ImageComments": "Unaliased MB4/PE3", "ImageOrientationPatientDICOM": [0.998287, 0.0237557, 0.053473, 0.0104915, 0.826394, -0.562995], "ImageType": ["ORIGINAL", "PRIMARY", "M", "ND", "NORM", "MOSAIC"], "ImagingFrequency": 123.193, "InPlanePhaseEncodingDirectionDICOM": "COL", "InstitutionAddress": "E 24th St. 100,Austin,Southmiddle,US,78712", "InstitutionName": "Univ of Texas at Austin", "InstitutionalDepartmentName": "IRC", "MRAcquisitionType": "2D", "MagneticFieldStrength": 3, "Manufacturer": "Siemens", "ManufacturersModelName": "Skyra", "Modality": "MR", "MultibandAccelerationFactor": 4, "ParallelReductionFactorInPlane": 2, "PartialFourier": 1, "PatientPosition": "HFS", "PercentPhaseFOV": 100, "PercentSampling": 100, "PhaseEncodingDirection": "j-", "PhaseEncodingSteps": 96, "PhaseResolution": 1, "PixelBandwidth": 2005, "ProcedureStepDescription": "Poldrack2^self-scanning", "ProtocolName": "Resting State fMRI MBEPI_matrix96_BW2004", "PulseSequenceDetails": "%CustomerSeq%\\cmrr_mbep2d_bold", "ReceiveCoilActiveElements": "HEA;HEP", "ReceiveCoilName": "Head_32", "ReconMatrixPE": 96, "RefLinesPE": 94, "RepetitionTime": 1.16, "SAR": 0.0891432, "ScanOptions": "FS", "ScanningSequence": "EP", "SequenceName": "epfid2d1_96", "SequenceVariant": "SK", "SeriesDescription": "Resting State fMRI MBEPI_matrix96_BW2004", "SeriesNumber": 9, "ShimSetting": [-2780, 8072, -15452, 171, -257, 144, 237, -118], "SliceThickness": 2, "SliceTiming": [0, 0.4975, 0.9975, 0.355, 0.855, 0.2125, 0.7125, 0.0725, 0.57, 1.0675, 0.4275, 0.925, 0.285, 0.7825, 0.1425, 0.64, 0, 0.4975, 0.9975, 0.355, 0.855, 0.2125, 0.7125, 0.0725, 0.57, 1.0675, 0.4275, 0.925, 0.285, 0.7825, 0.1425, 0.64, 0, 0.4975, 0.9975, 0.355, 0.855, 0.2125, 0.7125, 0.0725, 0.57, 1.0675, 0.4275, 0.925, 0.285, 0.7825, 0.1425, 0.64, 0, 0.4975, 0.9975, 0.355, 0.855, 0.2125, 0.7125, 0.0725, 0.57, 1.0675, 0.4275, 0.925, 0.285, 0.7825, 0.1425, 0.64], "SoftwareVersions": "syngo MR D11", "SpacingBetweenSlices": 2.4, "StationName": "AWP45239", "TaskName": "Resting fmri", "TotalReadoutTime": 0.0294501, "TxRefAmp": 330.321, "WipMemBlock": "d7618fe1-c563-4552-a7d4-b0676a6448fd||Sequence: VD11D r195; Nov 21 2012 15:36:10 by eja", "dcmmeta_affine": [[-2.391728401184082, 0.025135815143585205, 0.13815368711948395, 113.67058563232422], [-0.05691460147500038, 1.9799011945724487, -1.3502198457717896, -61.075748443603516], [0.1281123012304306, 1.3488426208496094, 1.9793483018875122, -103.59357452392578], [0.0, 0.0, 0.0, 1.0]], "dcmmeta_reorient_transform": [[0.0, -1.0, 0.0, 95.0], [1.0, 0.0, 0.0, 0.0], [0.0, 0.0, 1.0, 0.0], [0.0, 0.0, 0.0, 1.0]], "dcmmeta_shape": [96, 96, 64, 518], "dcmmeta_slice_dim": 2, "dcmmeta_version": 0.6, "global": {"const": {"AcquisitionMatrix": [96, 0, 0, 96], "AngioFlag": "N", "BitsAllocated": 16, "BitsStored": 16, "BodyPartExamined": "BRAIN", "Columns": 768, "EchoNumbers": 1, "EchoTime": 30.0, "EchoTrainLength": 48, "FlipAngle": 63.0, "HighBit": 15, "ImageOrientationPatient": [0.99828668774318, 0.02375565988187, 0.05347296231117, 0.01049147114678, 0.82639357599788, -0.5629951923264], "ImagePositionPatient": [-928.1248787932, -811.38498033916, 434.71185208024], "ImageType": ["ORIGINAL", "PRIMARY", "M", "ND", "NORM", "MOSAIC"], "ImagedNucleus": "1H", "ImagingFrequency": 123.193366, "InPlanePhaseEncodingDirection": "COL", "MRAcquisitionType": "2D", "MagneticFieldStrength": 3.0, "Manufacturer": "SIEMENS", "ManufacturerModelName": "Skyra", "Modality": "MR", "NumberOfAverages": 1.0, "NumberOfPhaseEncodingSteps": 96, "PercentPhaseFieldOfView": 100.0, "PercentSampling": 100.0, "PerformedProcedureStepStartTime": "070459.281000", "PhotometricInterpretation": "MONOCHROME2", "PixelBandwidth": 2005.0, "PixelRepresentation": 0, "PixelSpacing": [2.3958332538605, 2.3958332538605], "ProtocolName": "Resting State fMRI MBEPI_matrix96_BW2004", "RepetitionTime": 1160.0, "Rows": 768, "SAR": 0.08914320845999, "SamplesPerPixel": 1, "ScanOptions": "FS", "ScanningSequence": "EP", "SequenceName": "epfid2d1_96", "SequenceVariant": "SK", "SeriesDescription": "Resting State fMRI MBEPI_matrix96_BW2004", "SeriesNumber": 9, "SeriesTime": "071742.421000", "SliceLocation": -44.53253189485, "SliceThickness": 2.0, "SmallestImagePixelValue": 0, "SoftwareVersions": "syngo MR D11", "SpacingBetweenSlices": 2.399999983926, "SpecificCharacterSet": "ISO_IR 100", "StudyID": "1", "StudyTime": "070459.250000", "TransmitCoilName": "Body", "VariableFlipAngleFlag": "N", "WindowCenterWidthExplanation": "Algo1", "dBdt": 0.0}, "slices": {}}, "time": {"samples": {"AcquisitionNumber": [1, 2, 3, 4, 5, 6, 7, 8, 9, 10, 11, 12, 13, 14, 15, 16, 17, 18, 19, 20, 21, 22, 23, 24, 25, 26, 27, 28, 29, 30, 31, 32, 33, 34, 35, 36, 37, 38, 39, 40, 41, 42, 43, 44, 45, 46, 47, 48, 49, 50, 51, 52, 53, 54, 55, 56, 57, 58, 59, 60, 61, 62, 63, 64, 65, 66, 67, 68, 69, 70, 71, 72, 73, 74, 75, 76, 77, 78, 79, 80, 81, 82, 83, 84, 85, 86, 87, 88, 89, 90, 91, 92, 93, 94, 95, 96, 97, 98, 99, 100, 101, 102, 103, 104, 105, 106, 107, 108, 109, 110, 111, 112, 113, 114, 115, 116, 117, 118, 119, 120, 121, 122, 123, 124, 125, 126, 127, 128, 129, 130, 131, 132, 133, 134, 135, 136, 137, 138, 139, 140, 141, 142, 143, 144, 145, 146, 147, 148, 149, 150, 151, 152, 153, 154, 155, 156, 157, 158, 159, 160, 161, 162, 163, 164, 165, 166, 167, 168, 169, 170, 171, 172, 173, 174, 175, 176, 177, 178, 179, 180, 181, 182, 183, 184, 185, 186, 187, 188, 189, 190, 191, 192, 193, 194, 195, 196, 197, 198, 199, 200, 201, 202, 203, 204, 205, 206, 207, 208, 209, 210, 211, 212, 213, 214, 215, 216, 217, 218, 219, 220, 221, 222, 223, 224, 225, 226, 227, 228, 229, 230, 231, 232, 233, 234, 235, 236, 237, 238, 239, 240, 241, 242, 243, 244, 245, 246, 247, 248, 249, 250, 251, 252, 253, 254, 255, 256, 257, 258, 259, 260, 261, 262, 263, 264, 265, 266, 267, 268, 269, 270, 271, 272, 273, 274, 275, 276, 277, 278, 279, 280, 281, 282, 283, 284, 285, 286, 287, 288, 289, 290, 291, 292, 293, 294, 295, 296, 297, 298, 299, 300, 301, 302, 303, 304, 305, 306, 307, 308, 309, 310, 311, 312, 313, 314, 315, 316, 317, 318, 319, 320, 321, 322, 323, 324, 325, 326, 327, 328, 329, 330, 331, 332, 333, 334, 335, 336, 337, 338, 339, 340, 341, 342, 343, 344, 345, 346, 347, 348, 349, 350, 351, 352, 353, 354, 355, 356, 357, 358, 359, 360, 361, 362, 363, 364, 365, 366, 367, 368, 369, 370, 371, 372, 373, 374, 375, 376, 377, 378, 379, 380, 381, 382, 383, 384, 385, 386, 387, 388, 389, 390, 391, 392, 393, 394, 395, 396, 397, 398, 399, 400, 401, 402, 403, 404, 405, 406, 407, 408, 409, 410, 411, 412, 413, 414, 415, 416, 417, 418, 419, 420, 421, 422, 423, 424, 425, 426, 427, 428, 429, 430, 431, 432, 433, 434, 435, 436, 437, 438, 439, 440, 441, 442, 443, 444, 445, 446, 447, 448, 449, 450, 451, 452, 453, 454, 455, 456, 457, 458, 459, 460, 461, 462, 463, 464, 465, 466, 467, 468, 469, 470, 471, 472, 473, 474, 475, 476, 477, 478, 479, 480, 481, 482, 483, 484, 485, 486, 487, 488, 489, 490, 491, 492, 493, 494, 495, 496, 497, 498, 499, 500, 501, 502, 503, 504, 505, 506, 507, 508, 509, 510, 511, 512, 513, 514, 515, 516, 517, 518], "AcquisitionTime": ["071658.742500", "071727.742500", "071728.902500", "071730.062500", "071731.222500", "071732.382500", "071733.542500", "071734.702500", "071735.862500", "071737.022500", "071738.182500", "071739.342500", "071740.502500", "071741.662500", "071742.822500", "071743.982500", "071745.142500", "071746.302500", "071747.462500", "071748.622500", "071749.782500", "071750.942500", "071752.102500", "071753.262500", "071754.422500", "071755.582500", "071756.742500", "071757.902500", "071759.062500", "071800.222500", "071801.382500", "071802.542500", "071803.702500", "071804.862500", "071806.022500", "071807.182500", "071808.342500", "071809.502500", "071810.662500", "071811.822500", "071812.982500", "071814.142500", "071815.302500", "071816.462500", "071817.622500", "071818.782500", "071819.942500", "071821.102500", "071822.262500", "071823.422500", "071824.582500", "071825.742500", "071826.902500", "071828.062500", "071829.222500", "071830.382500", "071831.542500", "071832.702500", "071833.862500", "071835.022500", "071836.182500", "071837.342500", "071838.502500", "071839.662500", "071840.822500", "071841.982500", "071843.142500", "071844.302500", "071845.462500", "071846.622500", "071847.782500", "071848.942500", "071850.102500", "071851.262500", "071852.422500", "071853.582500", "071854.742500", "071855.902500", "071857.062500", "071858.222500", "071859.382500", "071900.542500", "071901.702500", "071902.862500", "071904.022500", "071905.182500", "071906.342500", "071907.502500", "071908.662500", "071909.822500", "071910.982500", "071912.142500", "071913.302500", "071914.462500", "071915.622500", "071916.782500", "071917.942500", "071919.102500", "071920.262500", "071921.422500", "071922.582500", "071923.742500", "071924.902500", "071926.062500", "071927.222500", "071928.382500", "071929.542500", "071930.702500", "071931.862500", "071933.022500", "071934.182500", "071935.342500", "071936.502500", "071937.662500", "071938.822500", "071939.982500", "071941.142500", "071942.302500", "071943.465000", "071944.625000", "071945.785000", "071946.945000", "071948.105000", "071949.265000", "071950.425000", "071951.585000", "071952.745000", "071953.905000", "071955.065000", "071956.225000", "071957.385000", "071958.545000", "071959.705000", "072000.865000", "072002.025000", "072003.185000", "072004.345000", "072005.505000", "072006.665000", "072007.825000", "072008.985000", "072010.145000", "072011.305000", "072012.465000", "072013.625000", "072014.785000", "072015.945000", "072017.105000", "072018.265000", "072019.425000", "072020.585000", "072021.745000", "072022.905000", "072024.065000", "072025.225000", "072026.385000", "072027.545000", "072028.705000", "072029.865000", "072031.025000", "072032.185000", "072033.345000", "072034.505000", "072035.665000", "072036.825000", "072037.985000", "072039.145000", "072040.305000", "072041.465000", "072042.625000", "072043.785000", "072044.945000", "072046.105000", "072047.265000", "072048.425000", "072049.585000", "072050.745000", "072051.905000", "072053.065000", "072054.225000", "072055.385000", "072056.545000", "072057.705000", "072058.865000", "072100.025000", "072101.185000", "072102.345000", "072103.505000", "072104.665000", "072105.825000", "072106.985000", "072108.145000", "072109.305000", "072110.465000", "072111.625000", "072112.785000", "072113.945000", "072115.105000", "072116.265000", "072117.425000", "072118.585000", "072119.745000", "072120.905000", "072122.065000", "072123.225000", "072124.385000", "072125.545000", "072126.705000", "072127.865000", "072129.025000", "072130.185000", "072131.345000", "072132.505000", "072133.665000", "072134.825000", "072135.985000", "072137.145000", "072138.305000", "072139.465000", "072140.625000", "072141.785000", "072142.945000", "072144.105000", "072145.265000", "072146.425000", "072147.585000", "072148.745000", "072149.905000", "072151.065000", "072152.225000", "072153.385000", "072154.545000", "072155.705000", "072156.865000", "072158.025000", "072159.185000", "072200.345000", "072201.505000", "072202.665000", "072203.825000", "072204.985000", "072206.145000", "072207.305000", "072208.465000", "072209.625000", "072210.785000", "072211.945000", "072213.105000", "072214.265000", "072215.425000", "072216.585000", "072217.745000", "072218.905000", "072220.065000", "072221.225000", "072222.385000", "072223.545000", "072224.705000", "072225.865000", "072227.025000", "072228.185000", "072229.345000", "072230.505000", "072231.665000", "072232.825000", "072233.985000", "072235.145000", "072236.305000", "072237.465000", "072238.625000", "072239.785000", "072240.945000", "072242.105000", "072243.265000", "072244.425000", "072245.585000", "072246.745000", "072247.905000", "072249.065000", "072250.225000", "072251.385000", "072252.545000", "072253.705000", "072254.865000", "072256.025000", "072257.185000", "072258.345000", "072259.505000", "072300.665000", "072301.825000", "072302.985000", "072304.145000", "072305.305000", "072306.465000", "072307.625000", "072308.785000", "072309.945000", "072311.105000", "072312.265000", "072313.425000", "072314.585000", "072315.745000", "072316.905000", "072318.065000", "072319.225000", "072320.385000", "072321.545000", "072322.705000", "072323.865000", "072325.025000", "072326.185000", "072327.345000", "072328.505000", "072329.665000", "072330.825000", "072331.985000", "072333.145000", "072334.305000", "072335.465000", "072336.625000", "072337.785000", "072338.945000", "072340.105000", "072341.265000", "072342.425000", "072343.585000", "072344.745000", "072345.905000", "072347.065000", "072348.225000", "072349.385000", "072350.545000", "072351.705000", "072352.865000", "072354.025000", "072355.185000", "072356.345000", "072357.505000", "072358.665000", "072359.825000", "072400.985000", "072402.145000", "072403.305000", "072404.465000", "072405.625000", "072406.785000", "072407.945000", "072409.105000", "072410.265000", "072411.425000", "072412.585000", "072413.745000", "072414.905000", "072416.065000", "072417.225000", "072418.385000", "072419.545000", "072420.705000", "072421.865000", "072423.025000", "072424.185000", "072425.345000", "072426.505000", "072427.665000", "072428.825000", "072429.985000", "072431.145000", "072432.305000", "072433.467500", "072434.627500", "072435.787500", "072436.947500", "072438.107500", "072439.267500", "072440.427500", "072441.587500", "072442.747500", "072443.907500", "072445.067500", "072446.227500", "072447.387500", "072448.547500", "072449.707500", "072450.867500", "072452.027500", "072453.187500", "072454.347500", "072455.507500", "072456.667500", "072457.827500", "072458.987500", "072500.147500", "072501.307500", "072502.467500", "072503.627500", "072504.787500", "072505.947500", "072507.107500", "072508.267500", "072509.427500", "072510.587500", "072511.747500", "072512.907500", "072514.067500", "072515.227500", "072516.387500", "072517.547500", "072518.707500", "072519.867500", "072521.027500", "072522.187500", "072523.347500", "072524.507500", "072525.667500", "072526.827500", "072527.987500", "072529.147500", "072530.307500", "072531.467500", "072532.627500", "072533.787500", "072534.947500", "072536.107500", "072537.267500", "072538.427500", "072539.587500", "072540.747500", "072541.907500", "072543.067500", "072544.227500", "072545.387500", "072546.547500", "072547.707500", "072548.867500", "072550.027500", "072551.187500", "072552.347500", "072553.507500", "072554.667500", "072555.827500", "072556.987500", "072558.147500", "072559.307500", "072600.467500", "072601.627500", "072602.787500", "072603.947500", "072605.107500", "072606.267500", "072607.427500", "072608.587500", "072609.747500", "072610.907500", "072612.067500", "072613.227500", "072614.387500", "072615.547500", "072616.707500", "072617.867500", "072619.027500", "072620.187500", "072621.347500", "072622.507500", "072623.667500", "072624.827500", "072625.987500", "072627.147500", "072628.307500", "072629.467500", "072630.627500", "072631.787500", "072632.947500", "072634.107500", "072635.267500", "072636.427500", "072637.587500", "072638.747500", "072639.907500", "072641.067500", "072642.227500", "072643.387500", "072644.547500", "072645.707500", "072646.867500", "072648.027500", "072649.187500", "072650.347500", "072651.507500", "072652.667500", "072653.827500", "072654.987500", "072656.147500", "072657.307500", "072658.467500", "072659.627500", "072700.787500", "072701.947500", "072703.107500", "072704.267500", "072705.427500", "072706.587500", "072707.747500", "072708.907500", "072710.067500", "072711.227500", "072712.387500", "072713.547500", "072714.707500", "072715.867500", "072717.027500", "072718.187500", "072719.347500", "072720.507500", "072721.667500", "072722.827500", "072723.987500", "072725.147500", "072726.307500"], "ContentTime": ["071742.437000", "071751.046000", "071751.046000", "071751.046000", "071751.046000", "071751.046000", "071751.062000", "071751.062000", "071756.046000", "071756.046000", "071756.046000", "071756.046000", "071801.046000", "071801.046000", "071801.046000", "071801.062000", "071801.062000", "071806.046000", "071806.046000", "071806.046000", "071806.046000", "071811.046000", "071811.046000", "071811.046000", "071811.046000", "071816.046000", "071816.046000", "071816.046000", "071816.046000", "071821.046000", "071821.046000", "071821.046000", "071821.062000", "071826.046000", "071826.046000", "071826.062000", "071826.062000", "071831.046000", "071831.046000", "071831.046000", "071831.046000", "071836.046000", "071836.046000", "071836.046000", "071836.046000", "071841.046000", "071841.046000", "071841.046000", "071841.046000", "071846.046000", "071846.046000", "071846.046000", "071846.046000", "071851.046000", "071851.046000", "071851.046000", "071851.046000", "071856.046000", "071856.046000", "071856.046000", "071856.046000", "071901.046000", "071901.093000", "071901.093000", "071901.109000", "071906.046000", "071906.046000", "071906.046000", "071906.046000", "071911.046000", "071911.046000", "071911.046000", "071911.046000", "071916.046000", "071916.046000", "071916.046000", "071916.046000", "071921.046000", "071921.046000", "071921.046000", "071921.046000", "071926.046000", "071926.046000", "071926.046000", "071926.046000", "071931.046000", "071931.062000", "071931.062000", "071931.062000", "071936.046000", "071936.046000", "071936.046000", "071936.046000", "071941.046000", "071941.046000", "071941.046000", "071941.046000", "071946.046000", "071946.046000", "071946.062000", "071946.062000", "071951.046000", "071951.046000", "071951.046000", "071951.046000", "071956.046000", "071956.046000", "071956.046000", "071956.046000", "072001.046000", "072001.046000", "072001.046000", "072001.046000", "072006.046000", "072006.046000", "072006.046000", "072006.046000", "072011.046000", "072011.046000", "072011.046000", "072011.062000", "072016.046000", "072016.046000", "072016.046000", "072016.046000", "072021.046000", "072021.046000", "072021.046000", "072021.046000", "072026.046000", "072026.046000", "072026.046000", "072026.046000", "072031.046000", "072031.046000", "072031.046000", "072031.046000", "072036.046000", "072036.046000", "072036.046000", "072036.062000", "072041.046000", "072041.046000", "072041.046000", "072041.046000", "072046.046000", "072046.046000", "072046.062000", "072046.062000", "072051.046000", "072051.046000", "072051.046000", "072056.046000", "072056.046000", "072056.046000", "072056.046000", "072101.046000", "072101.046000", "072101.046000", "072101.046000", "072106.046000", "072106.046000", "072106.046000", "072106.046000", "072111.046000", "072111.109000", "072111.109000", "072111.109000", "072116.046000", "072116.046000", "072116.046000", "072116.046000", "072121.046000", "072121.046000", "072121.046000", "072121.046000", "072126.046000", "072126.046000", "072126.046000", "072126.046000", "072131.046000", "072131.046000", "072131.046000", "072131.046000", "072136.046000", "072136.046000", "072136.046000", "072136.046000", "072141.046000", "072141.046000", "072141.046000", "072141.046000", "072146.046000", "072146.046000", "072146.046000", "072146.046000", "072151.046000", "072151.046000", "072151.046000", "072156.046000", "072156.046000", "072156.046000", "072156.046000", "072156.046000", "072201.046000", "072201.046000", "072201.046000", "072206.046000", "072206.046000", "072206.046000", "072206.046000", "072211.046000", "072211.046000", "072211.046000", "072211.046000", "072216.046000", "072216.046000", "072216.046000", "072216.046000", "072221.046000", "072221.046000", "072221.062000", "072221.062000", "072226.046000", "072226.046000", "072226.046000", "072226.046000", "072226.046000", "072231.046000", "072231.062000", "072231.062000", "072231.078000", "072236.046000", "072236.046000", "072236.062000", "072236.062000", "072241.046000", "072241.046000", "072241.046000", "072241.046000", "072246.046000", "072246.046000", "072246.046000", "072246.046000", "072251.046000", "072251.046000", "072251.046000", "072251.062000", "072256.046000", "072256.046000", "072256.046000", "072256.046000", "072301.046000", "072301.046000", "072301.046000", "072301.046000", "072306.046000", "072306.109000", "072306.125000", "072306.125000", "072311.046000", "072311.046000", "072311.046000", "072316.046000", "072316.046000", "072316.046000", "072316.046000", "072316.062000", "072321.046000", "072321.046000", "072321.046000", "072321.046000", "072326.046000", "072326.046000", "072326.046000", "072326.046000", "072331.046000", "072331.046000", "072331.046000", "072331.046000", "072336.046000", "072336.046000", "072336.046000", "072336.046000", "072341.046000", "072341.046000", "072341.046000", "072341.062000", "072346.046000", "072346.046000", "072346.046000", "072346.046000", "072351.046000", "072351.046000", "072351.046000", "072351.046000", "072356.046000", "072356.046000", "072356.046000", "072356.062000", "072401.046000", "072401.046000", "072401.046000", "072401.046000", "072406.046000", "072406.046000", "072406.046000", "072406.046000", "072411.046000", "072411.140000", "072411.140000", "072411.140000", "072416.046000", "072416.046000", "072416.046000", "072416.046000", "072416.062000", "072421.046000", "072421.046000", "072421.046000", "072421.046000", "072426.046000", "072426.046000", "072426.046000", "072426.046000", "072431.046000", "072431.046000", "072431.046000", "072431.046000", "072436.046000", "072436.046000", "072436.046000", "072436.046000", "072441.046000", "072441.046000", "072441.046000", "072446.046000", "072446.046000", "072446.046000", "072446.046000", "072451.046000", "072451.046000", "072451.046000", "072451.046000", "072451.046000", "072456.046000", "072456.046000", "072456.046000", "072456.046000", "072501.046000", "072501.046000", "072501.046000", "072501.046000", "072506.046000", "072506.046000", "072506.046000", "072506.062000", "072511.046000", "072511.046000", "072511.062000", "072511.062000", "072516.046000", "072516.109000", "072516.109000", "072516.125000", "072521.046000", "072521.046000", "072521.046000", "072521.046000", "072526.046000", "072526.046000", "072526.046000", "072526.062000", "072531.046000", "072531.046000", "072531.046000", "072531.062000", "072536.046000", "072536.046000", "072536.046000", "072536.046000", "072541.046000", "072541.046000", "072541.046000", "072541.046000", "072546.046000", "072546.046000", "072546.046000", "072546.046000", "072551.046000", "072551.046000", "072551.046000", "072551.046000", "072556.046000", "072556.046000", "072556.046000", "072556.046000", "072601.046000", "072601.046000", "072601.046000", "072606.046000", "072606.046000", "072606.046000", "072606.046000", "072611.046000", "072611.046000", "072611.046000", "072611.046000", "072611.062000", "072616.046000", "072616.046000", "072616.046000", "072621.046000", "072621.125000", "072621.125000", "072621.140000", "072626.046000", "072626.046000", "072626.046000", "072626.046000", "072626.046000", "072631.046000", "072631.046000", "072631.046000", "072631.046000", "072636.046000", "072636.046000", "072636.046000", "072641.046000", "072641.046000", "072641.046000", "072641.062000", "072646.046000", "072646.046000", "072646.046000", "072646.046000", "072651.046000", "072651.046000", "072651.046000", "072651.046000", "072656.046000", "072656.046000", "072656.046000", "072656.046000", "072701.046000", "072701.046000", "072701.046000", "072701.046000", "072711.046000", "072711.046000", "072711.046000", "072711.046000", "072711.046000", "072711.062000", "072711.062000", "072711.062000", "072716.046000", "072716.046000", "072716.046000", "072716.046000", "072721.046000", "072721.046000", "072721.046000", "072721.046000", "072726.046000", "072726.046000", "072726.046000", "072726.046000", "072731.046000", "072731.046000", "072731.046000", "072736.046000", "072736.046000", "072736.046000", "072736.046000", "072736.046000", "072741.046000", "072741.046000", "072741.046000", "072741.062000", "072746.046000", "072746.046000", "072746.046000", "072746.062000", "072751.046000", "072751.046000", "072751.046000", "072751.062000", "072756.046000", "072756.046000", "072756.046000", "072756.046000", "072756.046000", "072801.046000", "072801.046000", "072801.046000", "072801.046000", "072806.046000", "072806.046000", "072806.062000", "072811.046000", "072811.046000", "072811.046000", "072811.046000", "072816.046000", "072816.046000", "072816.046000", "072816.046000", "072816.046000", "072821.046000", "072821.046000", "072821.046000", "072821.046000", "072825.593000", "072825.593000", "072825.593000", "072825.593000", "072825.593000"], "InstanceCreationTime": ["071742.437000", "071751.046000", "071751.046000", "071751.046000", "071751.046000", "071751.046000", "071751.062000", "071751.062000", "071756.046000", "071756.046000", "071756.046000", "071756.046000", "071801.046000", "071801.046000", "071801.046000", "071801.062000", "071801.062000", "071806.046000", "071806.046000", "071806.046000", "071806.046000", "071811.046000", "071811.046000", "071811.046000", "071811.046000", "071816.046000", "071816.046000", "071816.046000", "071816.046000", "071821.046000", "071821.046000", "071821.046000", "071821.062000", "071826.046000", "071826.046000", "071826.062000", "071826.062000", "071831.046000", "071831.046000", "071831.046000", "071831.046000", "071836.046000", "071836.046000", "071836.046000", "071836.046000", "071841.046000", "071841.046000", "071841.046000", "071841.046000", "071846.046000", "071846.046000", "071846.046000", "071846.046000", "071851.046000", "071851.046000", "071851.046000", "071851.046000", "071856.046000", "071856.046000", "071856.046000", "071856.046000", "071901.046000", "071901.093000", "071901.093000", "071901.109000", "071906.046000", "071906.046000", "071906.046000", "071906.046000", "071911.046000", "071911.046000", "071911.046000", "071911.046000", "071916.046000", "071916.046000", "071916.046000", "071916.046000", "071921.046000", "071921.046000", "071921.046000", "071921.046000", "071926.046000", "071926.046000", "071926.046000", "071926.046000", "071931.046000", "071931.062000", "071931.062000", "071931.062000", "071936.046000", "071936.046000", "071936.046000", "071936.046000", "071941.046000", "071941.046000", "071941.046000", "071941.046000", "071946.046000", "071946.046000", "071946.062000", "071946.062000", "071951.046000", "071951.046000", "071951.046000", "071951.046000", "071956.046000", "071956.046000", "071956.046000", "071956.046000", "072001.046000", "072001.046000", "072001.046000", "072001.046000", "072006.046000", "072006.046000", "072006.046000", "072006.046000", "072011.046000", "072011.046000", "072011.046000", "072011.062000", "072016.046000", "072016.046000", "072016.046000", "072016.046000", "072021.046000", "072021.046000", "072021.046000", "072021.046000", "072026.046000", "072026.046000", "072026.046000", "072026.046000", "072031.046000", "072031.046000", "072031.046000", "072031.046000", "072036.046000", "072036.046000", "072036.046000", "072036.062000", "072041.046000", "072041.046000", "072041.046000", "072041.046000", "072046.046000", "072046.046000", "072046.062000", "072046.062000", "072051.046000", "072051.046000", "072051.046000", "072056.046000", "072056.046000", "072056.046000", "072056.046000", "072101.046000", "072101.046000", "072101.046000", "072101.046000", "072106.046000", "072106.046000", "072106.046000", "072106.046000", "072111.046000", "072111.109000", "072111.109000", "072111.109000", "072116.046000", "072116.046000", "072116.046000", "072116.046000", "072121.046000", "072121.046000", "072121.046000", "072121.046000", "072126.046000", "072126.046000", "072126.046000", "072126.046000", "072131.046000", "072131.046000", "072131.046000", "072131.046000", "072136.046000", "072136.046000", "072136.046000", "072136.046000", "072141.046000", "072141.046000", "072141.046000", "072141.046000", "072146.046000", "072146.046000", "072146.046000", "072146.046000", "072151.046000", "072151.046000", "072151.046000", "072156.046000", "072156.046000", "072156.046000", "072156.046000", "072156.046000", "072201.046000", "072201.046000", "072201.046000", "072206.046000", "072206.046000", "072206.046000", "072206.046000", "072211.046000", "072211.046000", "072211.046000", "072211.046000", "072216.046000", "072216.046000", "072216.046000", "072216.046000", "072221.046000", "072221.046000", "072221.062000", "072221.062000", "072226.046000", "072226.046000", "072226.046000", "072226.046000", "072226.046000", "072231.046000", "072231.062000", "072231.062000", "072231.078000", "072236.046000", "072236.046000", "072236.062000", "072236.062000", "072241.046000", "072241.046000", "072241.046000", "072241.046000", "072246.046000", "072246.046000", "072246.046000", "072246.046000", "072251.046000", "072251.046000", "072251.046000", "072251.062000", "072256.046000", "072256.046000", "072256.046000", "072256.046000", "072301.046000", "072301.046000", "072301.046000", "072301.046000", "072306.046000", "072306.109000", "072306.125000", "072306.125000", "072311.046000", "072311.046000", "072311.046000", "072316.046000", "072316.046000", "072316.046000", "072316.046000", "072316.062000", "072321.046000", "072321.046000", "072321.046000", "072321.046000", "072326.046000", "072326.046000", "072326.046000", "072326.046000", "072331.046000", "072331.046000", "072331.046000", "072331.046000", "072336.046000", "072336.046000", "072336.046000", "072336.046000", "072341.046000", "072341.046000", "072341.046000", "072341.062000", "072346.046000", "072346.046000", "072346.046000", "072346.046000", "072351.046000", "072351.046000", "072351.046000", "072351.046000", "072356.046000", "072356.046000", "072356.046000", "072356.062000", "072401.046000", "072401.046000", "072401.046000", "072401.046000", "072406.046000", "072406.046000", "072406.046000", "072406.046000", "072411.046000", "072411.140000", "072411.140000", "072411.140000", "072416.046000", "072416.046000", "072416.046000", "072416.046000", "072416.062000", "072421.046000", "072421.046000", "072421.046000", "072421.046000", "072426.046000", "072426.046000", "072426.046000", "072426.046000", "072431.046000", "072431.046000", "072431.046000", "072431.046000", "072436.046000", "072436.046000", "072436.046000", "072436.046000", "072441.046000", "072441.046000", "072441.046000", "072446.046000", "072446.046000", "072446.046000", "072446.046000", "072451.046000", "072451.046000", "072451.046000", "072451.046000", "072451.046000", "072456.046000", "072456.046000", "072456.046000", "072456.046000", "072501.046000", "072501.046000", "072501.046000", "072501.046000", "072506.046000", "072506.046000", "072506.046000", "072506.062000", "072511.046000", "072511.046000", "072511.062000", "072511.062000", "072516.046000", "072516.109000", "072516.109000", "072516.125000", "072521.046000", "072521.046000", "072521.046000", "072521.046000", "072526.046000", "072526.046000", "072526.046000", "072526.062000", "072531.046000", "072531.046000", "072531.046000", "072531.062000", "072536.046000", "072536.046000", "072536.046000", "072536.046000", "072541.046000", "072541.046000", "072541.046000", "072541.046000", "072546.046000", "072546.046000", "072546.046000", "072546.046000", "072551.046000", "072551.046000", "072551.046000", "072551.046000", "072556.046000", "072556.046000", "072556.046000", "072556.046000", "072601.046000", "072601.046000", "072601.046000", "072606.046000", "072606.046000", "072606.046000", "072606.046000", "072611.046000", "072611.046000", "072611.046000", "072611.046000", "072611.062000", "072616.046000", "072616.046000", "072616.046000", "072621.046000", "072621.125000", "072621.125000", "072621.140000", "072626.046000", "072626.046000", "072626.046000", "072626.046000", "072626.046000", "072631.046000", "072631.046000", "072631.046000", "072631.046000", "072636.046000", "072636.046000", "072636.046000", "072641.046000", "072641.046000", "072641.046000", "072641.062000", "072646.046000", "072646.046000", "072646.046000", "072646.046000", "072651.046000", "072651.046000", "072651.046000", "072651.046000", "072656.046000", "072656.046000", "072656.046000", "072656.046000", "072701.046000", "072701.046000", "072701.046000", "072701.046000", "072711.046000", "072711.046000", "072711.046000", "072711.046000", "072711.046000", "072711.062000", "072711.062000", "072711.062000", "072716.046000", "072716.046000", "072716.046000", "072716.046000", "072721.046000", "072721.046000", "072721.046000", "072721.046000", "072726.046000", "072726.046000", "072726.046000", "072726.046000", "072731.046000", "072731.046000", "072731.046000", "072736.046000", "072736.046000", "072736.046000", "072736.046000", "072736.046000", "072741.046000", "072741.046000", "072741.046000", "072741.062000", "072746.046000", "072746.046000", "072746.046000", "072746.062000", "072751.046000", "072751.046000", "072751.046000", "072751.062000", "072756.046000", "072756.046000", "072756.046000", "072756.046000", "072756.046000", "072801.046000", "072801.046000", "072801.046000", "072801.046000", "072806.046000", "072806.046000", "072806.062000", "072811.046000", "072811.046000", "072811.046000", "072811.046000", "072816.046000", "072816.046000", "072816.046000", "072816.046000", "072816.046000", "072821.046000", "072821.046000", "072821.046000", "072821.046000", "072825.593000", "072825.593000", "072825.593000", "072825.593000", "072825.593000"], "InstanceNumber": [1, 2, 3, 4, 5, 6, 7, 8, 9, 10, 11, 12, 13, 14, 15, 16, 17, 18, 19, 20, 21, 22, 23, 24, 25, 26, 27, 28, 29, 30, 31, 32, 33, 34, 35, 36, 37, 38, 39, 40, 41, 42, 43, 44, 45, 46, 47, 48, 49, 50, 51, 52, 53, 54, 55, 56, 57, 58, 59, 60, 61, 62, 63, 64, 65, 66, 67, 68, 69, 70, 71, 72, 73, 74, 75, 76, 77, 78, 79, 80, 81, 82, 83, 84, 85, 86, 87, 88, 89, 90, 91, 92, 93, 94, 95, 96, 97, 98, 99, 100, 101, 102, 103, 104, 105, 106, 107, 108, 109, 110, 111, 112, 113, 114, 115, 116, 117, 118, 119, 120, 121, 122, 123, 124, 125, 126, 127, 128, 129, 130, 131, 132, 133, 134, 135, 136, 137, 138, 139, 140, 141, 142, 143, 144, 145, 146, 147, 148, 149, 150, 151, 152, 153, 154, 155, 156, 157, 158, 159, 160, 161, 162, 163, 164, 165, 166, 167, 168, 169, 170, 171, 172, 173, 174, 175, 176, 177, 178, 179, 180, 181, 182, 183, 184, 185, 186, 187, 188, 189, 190, 191, 192, 193, 194, 195, 196, 197, 198, 199, 200, 201, 202, 203, 204, 205, 206, 207, 208, 209, 210, 211, 212, 213, 214, 215, 216, 217, 218, 219, 220, 221, 222, 223, 224, 225, 226, 227, 228, 229, 230, 231, 232, 233, 234, 235, 236, 237, 238, 239, 240, 241, 242, 243, 244, 245, 246, 247, 248, 249, 250, 251, 252, 253, 254, 255, 256, 257, 258, 259, 260, 261, 262, 263, 264, 265, 266, 267, 268, 269, 270, 271, 272, 273, 274, 275, 276, 277, 278, 279, 280, 281, 282, 283, 284, 285, 286, 287, 288, 289, 290, 291, 292, 293, 294, 295, 296, 297, 298, 299, 300, 301, 302, 303, 304, 305, 306, 307, 308, 309, 310, 311, 312, 313, 314, 315, 316, 317, 318, 319, 320, 321, 322, 323, 324, 325, 326, 327, 328, 329, 330, 331, 332, 333, 334, 335, 336, 337, 338, 339, 340, 341, 342, 343, 344, 345, 346, 347, 348, 349, 350, 351, 352, 353, 354, 355, 356, 357, 358, 359, 360, 361, 362, 363, 364, 365, 366, 367, 368, 369, 370, 371, 372, 373, 374, 375, 376, 377, 378, 379, 380, 381, 382, 383, 384, 385, 386, 387, 388, 389, 390, 391, 392, 393, 394, 395, 396, 397, 398, 399, 400, 401, 402, 403, 404, 405, 406, 407, 408, 409, 410, 411, 412, 413, 414, 415, 416, 417, 418, 419, 420, 421, 422, 423, 424, 425, 426, 427, 428, 429, 430, 431, 432, 433, 434, 435, 436, 437, 438, 439, 440, 441, 442, 443, 444, 445, 446, 447, 448, 449, 450, 451, 452, 453, 454, 455, 456, 457, 458, 459, 460, 461, 462, 463, 464, 465, 466, 467, 468, 469, 470, 471, 472, 473, 474, 475, 476, 477, 478, 479, 480, 481, 482, 483, 484, 485, 486, 487, 488, 489, 490, 491, 492, 493, 494, 495, 496, 497, 498, 499, 500, 501, 502, 503, 504, 505, 506, 507, 508, 509, 510, 511, 512, 513, 514, 515, 516, 517, 518], "LargestImagePixelValue": [26281, 25794, 25625, 25586, 25344, 25346, 25396, 25350, 25346, 25393, 25303, 25480, 25500, 25325, 25162, 25218, 25230, 25194, 25800, 25296, 25081, 25300, 26308, 24947, 25285, 25276, 25433, 27065, 24600, 24590, 24796, 25300, 24742, 24984, 25073, 25655, 25034, 24973, 25082, 24850, 25540, 24998, 24954, 25340, 24974, 25210, 25263, 29310, 25024, 25112, 24989, 25030, 26607, 25115, 25091, 24867, 25136, 25394, 25408, 25222, 25153, 25004, 25042, 24944, 24836, 26487, 25059, 24996, 25055, 24756, 28512, 25099, 25123, 25062, 25492, 25047, 25104, 25243, 25216, 25353, 25149, 25136, 24899, 24791, 25112, 25183, 25970, 25130, 26886, 25112, 25827, 24932, 25101, 25080, 25096, 25094, 25113, 24834, 25203, 25185, 25353, 25195, 25234, 25132, 25110, 24871, 25224, 25122, 25076, 25178, 25181, 25006, 25064, 25202, 25282, 25143, 24914, 25482, 25033, 24865, 25820, 24894, 25909, 25136, 25113, 25126, 25060, 25119, 25235, 25017, 25284, 25138, 25218, 24950, 24876, 25124, 26030, 25191, 25054, 25242, 25086, 25012, 25401, 25346, 25195, 25254, 25974, 25160, 25982, 25661, 27438, 25135, 26101, 25419, 24829, 24643, 25057, 26177, 26158, 24687, 24572, 24845, 24443, 26785, 24745, 24295, 24756, 24676, 24570, 24607, 24770, 25659, 24747, 24810, 26290, 25469, 24973, 24980, 25008, 25271, 25206, 24843, 25267, 24805, 24937, 24678, 24873, 25041, 26390, 24853, 24976, 24558, 24895, 27576, 25018, 24935, 24857, 24867, 25141, 24959, 24899, 24776, 24981, 25453, 25050, 24767, 25170, 24917, 25013, 26031, 24721, 24899, 25186, 24882, 24985, 24909, 25034, 25027, 24948, 24535, 24860, 24727, 24958, 25313, 24647, 24915, 24745, 24883, 25204, 25024, 25020, 24975, 24812, 24925, 24963, 24924, 24928, 24941, 25011, 24993, 24927, 24870, 24862, 25142, 24962, 24759, 24827, 24863, 24827, 24758, 25049, 26483, 24933, 24643, 24773, 27382, 24889, 25344, 24884, 24684, 25026, 24779, 24689, 25202, 24965, 25057, 24840, 24965, 24927, 25235, 24584, 24616, 24680, 24929, 24826, 25250, 25257, 24467, 25179, 25455, 25129, 25145, 25141, 24981, 24763, 24880, 24724, 24886, 24896, 24861, 24909, 25091, 24872, 24896, 24913, 25360, 25859, 25100, 24878, 25056, 24786, 25025, 25343, 25091, 25058, 25061, 24830, 24879, 24853, 24724, 25081, 24961, 25046, 25064, 25195, 24784, 25168, 25149, 24448, 24614, 25073, 26468, 24507, 24853, 25163, 30359, 24836, 24753, 25075, 24972, 24975, 24950, 24903, 24846, 24900, 25164, 24806, 24531, 24665, 24788, 25102, 25212, 30414, 24689, 25141, 25135, 25008, 25118, 24754, 24854, 24912, 24829, 25151, 24965, 25042, 24959, 25273, 25008, 25091, 25200, 24933, 24849, 25116, 24766, 24746, 25008, 24888, 24907, 24758, 24561, 30431, 24648, 24603, 24896, 25085, 24466, 24462, 24422, 24430, 24288, 24718, 24256, 24260, 24562, 24695, 24506, 24435, 24815, 24702, 24521, 24442, 24495, 24515, 24516, 24621, 24819, 24552, 24470, 24674, 25669, 25599, 24780, 24528, 24638, 24802, 24465, 24653, 24412, 25249, 24267, 24426, 24381, 24657, 24692, 24645, 25162, 24450, 24447, 24559, 24551, 24791, 24517, 24586, 24800, 24822, 24810, 24902, 24648, 24182, 24498, 25909, 24693, 25114, 24403, 24466, 24382, 24654, 27156, 24286, 25505, 25490, 25037, 24615, 26347, 24257, 24374, 24278, 24516, 24917, 24923, 24437, 24421, 24439, 24479, 24971, 24280, 24435, 24472, 24429, 24813, 25749, 24619, 24661, 24506, 24723, 24569, 24402, 24658, 24540, 24380, 24836, 24752, 24737, 25468, 24261, 24327, 24432, 24800, 24654, 24711, 24783, 24693, 24946, 24734, 24737, 24968, 24870, 24968, 24685, 24818, 24710, 24592, 25289, 24585, 24288, 24367, 24458, 24753, 28401, 25166, 24402, 24470, 24767, 24822, 26089, 24490, 24593, 24496, 24566, 24486, 25204, 24702, 24712, 24752, 24883, 24874, 24643, 24946], "WindowCenter": [9940.0, 9912.0, 9921.0, 9901.0, 9922.0, 9915.0, 9910.0, 9889.0, 9907.0, 9913.0, 9915.0, 9931.0, 9933.0, 9924.0, 9930.0, 9903.0, 9899.0, 9890.0, 9894.0, 9888.0, 9902.0, 9882.0, 9886.0, 9884.0, 9883.0, 9881.0, 9905.0, 9939.0, 9910.0, 9917.0, 9922.0, 9897.0, 9883.0, 9876.0, 9883.0, 9888.0, 9886.0, 9891.0, 9901.0, 9895.0, 9905.0, 9898.0, 9893.0, 9884.0, 9881.0, 9883.0, 9882.0, 9882.0, 9867.0, 9884.0, 9877.0, 9871.0, 9885.0, 9899.0, 9893.0, 9900.0, 9909.0, 9904.0, 9890.0, 9888.0, 9891.0, 9900.0, 9900.0, 9910.0, 9921.0, 9923.0, 9915.0, 9910.0, 9926.0, 9919.0, 9934.0, 9907.0, 9908.0, 9885.0, 9883.0, 9891.0, 9886.0, 9876.0, 9859.0, 9866.0, 9871.0, 9874.0, 9868.0, 9861.0, 9881.0, 9866.0, 9856.0, 9871.0, 9895.0, 9879.0, 9893.0, 9871.0, 9868.0, 9860.0, 9862.0, 9853.0, 9864.0, 9878.0, 9868.0, 9871.0, 9867.0, 9864.0, 9881.0, 9889.0, 9899.0, 9881.0, 9880.0, 9879.0, 9875.0, 9893.0, 9882.0, 9881.0, 9887.0, 9888.0, 9881.0, 9895.0, 9882.0, 9881.0, 9908.0, 9898.0, 9891.0, 9893.0, 9883.0, 9893.0, 9908.0, 9919.0, 9908.0, 9904.0, 9888.0, 9885.0, 9894.0, 9892.0, 9883.0, 9896.0, 9897.0, 9901.0, 9888.0, 9892.0, 9893.0, 9882.0, 9873.0, 9879.0, 9877.0, 9865.0, 9872.0, 9895.0, 9898.0, 9892.0, 9903.0, 9901.0, 9938.0, 9893.0, 9904.0, 9906.0, 9888.0, 9864.0, 9848.0, 9918.0, 9889.0, 9860.0, 9872.0, 9869.0, 9858.0, 9851.0, 9813.0, 9840.0, 9848.0, 9855.0, 9880.0, 9890.0, 9904.0, 9912.0, 9882.0, 9876.0, 9870.0, 9876.0, 9857.0, 9864.0, 9864.0, 9879.0, 9850.0, 9855.0, 9864.0, 9856.0, 9859.0, 9866.0, 9873.0, 9887.0, 9884.0, 9885.0, 9878.0, 9878.0, 9873.0, 9876.0, 9872.0, 9906.0, 9893.0, 9894.0, 9899.0, 9888.0, 9887.0, 9898.0, 9883.0, 9873.0, 9870.0, 9879.0, 9886.0, 9886.0, 9880.0, 9888.0, 9863.0, 9872.0, 9872.0, 9872.0, 9881.0, 9867.0, 9873.0, 9893.0, 9879.0, 9896.0, 9901.0, 9883.0, 9876.0, 9882.0, 9865.0, 9892.0, 9879.0, 9877.0, 9889.0, 9871.0, 9863.0, 9883.0, 9877.0, 9857.0, 9870.0, 9845.0, 9854.0, 9848.0, 9858.0, 9872.0, 9875.0, 9885.0, 9885.0, 9893.0, 9876.0, 9870.0, 9881.0, 9896.0, 9888.0, 9870.0, 9878.0, 9880.0, 9856.0, 9852.0, 9835.0, 9852.0, 9826.0, 9831.0, 9856.0, 9863.0, 9854.0, 9870.0, 9857.0, 9861.0, 9876.0, 9852.0, 9863.0, 9864.0, 9858.0, 9851.0, 9862.0, 9848.0, 9861.0, 9851.0, 9870.0, 9876.0, 9878.0, 9864.0, 9888.0, 9864.0, 9881.0, 9886.0, 9889.0, 9880.0, 9883.0, 9879.0, 9859.0, 9874.0, 9872.0, 9863.0, 9882.0, 9878.0, 9880.0, 9889.0, 9885.0, 9898.0, 9876.0, 9866.0, 9868.0, 9848.0, 9843.0, 9827.0, 9841.0, 9848.0, 9864.0, 9865.0, 9851.0, 9855.0, 9854.0, 9850.0, 9856.0, 9854.0, 9856.0, 9846.0, 9843.0, 9851.0, 9872.0, 9873.0, 9880.0, 9877.0, 9869.0, 9876.0, 9864.0, 9870.0, 9866.0, 9873.0, 9853.0, 9837.0, 9837.0, 9845.0, 9848.0, 9858.0, 9855.0, 9841.0, 9874.0, 9883.0, 9878.0, 9888.0, 9892.0, 9882.0, 9856.0, 9867.0, 9876.0, 9840.0, 9846.0, 9847.0, 9826.0, 9844.0, 9844.0, 9856.0, 9868.0, 9881.0, 9867.0, 9864.0, 9862.0, 9866.0, 9873.0, 9880.0, 9874.0, 9887.0, 9870.0, 9871.0, 9885.0, 9898.0, 9902.0, 9895.0, 9877.0, 9869.0, 9865.0, 9869.0, 9879.0, 9835.0, 9841.0, 9825.0, 9834.0, 9822.0, 9831.0, 9839.0, 9814.0, 9818.0, 9816.0, 9845.0, 9815.0, 9813.0, 9816.0, 9825.0, 9829.0, 9838.0, 9838.0, 9837.0, 9845.0, 9838.0, 9828.0, 9831.0, 9843.0, 9854.0, 9851.0, 9874.0, 9882.0, 9879.0, 9875.0, 9854.0, 9860.0, 9852.0, 9846.0, 9845.0, 9841.0, 9864.0, 9876.0, 9875.0, 9860.0, 9858.0, 9847.0, 9855.0, 9840.0, 9851.0, 9850.0, 9833.0, 9843.0, 9851.0, 9858.0, 9849.0, 9852.0, 9847.0, 9856.0, 9862.0, 9870.0, 9865.0, 9879.0, 9884.0, 9876.0, 9873.0, 9875.0, 9862.0, 9858.0, 9869.0, 9844.0, 9866.0, 9862.0, 9888.0, 9880.0, 9875.0, 9872.0, 9862.0, 9834.0, 9843.0, 9826.0, 9814.0, 9825.0, 9803.0, 9819.0, 9852.0, 9856.0, 9870.0, 9860.0, 9841.0, 9849.0, 9837.0, 9823.0, 9813.0, 9820.0, 9810.0, 9822.0, 9822.0, 9821.0, 9822.0, 9833.0, 9839.0, 9853.0, 9872.0, 9874.0, 9858.0, 9862.0, 9869.0, 9873.0, 9872.0, 9848.0, 9865.0, 9863.0, 9872.0, 9868.0, 9858.0, 9860.0, 9854.0, 9855.0, 9874.0, 9869.0, 9872.0, 9860.0, 9879.0, 9859.0, 9879.0, 9877.0, 9873.0, 9890.0, 9899.0, 9860.0, 9862.0, 9875.0, 9842.0, 9837.0, 9845.0, 9820.0, 9824.0, 9827.0, 9816.0, 9805.0, 9823.0, 9797.0, 9810.0, 9823.0, 9820.0, 9823.0, 9820.0, 9830.0, 9816.0, 9839.0, 9842.0], "WindowWidth": [21032.0, 20972.0, 20984.0, 20949.0, 20994.0, 20976.0, 20961.0, 20923.0, 20955.0, 20966.0, 20975.0, 21011.0, 21011.0, 20993.0, 20997.0, 20945.0, 20936.0, 20920.0, 20925.0, 20914.0, 20942.0, 20903.0, 20910.0, 20908.0, 20902.0, 20899.0, 20945.0, 21036.0, 20970.0, 20980.0, 20990.0, 20937.0, 20903.0, 20890.0, 20897.0, 20908.0, 20911.0, 20926.0, 20946.0, 20937.0, 20958.0, 20941.0, 20928.0, 20909.0, 20904.0, 20908.0, 20902.0, 20900.0, 20869.0, 20902.0, 20892.0, 20880.0, 20909.0, 20943.0, 20929.0, 20942.0, 20957.0, 20949.0, 20921.0, 20915.0, 20922.0, 20946.0, 20945.0, 20965.0, 20989.0, 20994.0, 20979.0, 20971.0, 21003.0, 20986.0, 21014.0, 20960.0, 20958.0, 20913.0, 20910.0, 20920.0, 20906.0, 20887.0, 20852.0, 20864.0, 20877.0, 20883.0, 20868.0, 20855.0, 20894.0, 20865.0, 20848.0, 20876.0, 20922.0, 20903.0, 20920.0, 20877.0, 20870.0, 20852.0, 20856.0, 20843.0, 20865.0, 20890.0, 20872.0, 20877.0, 20866.0, 20864.0, 20898.0, 20919.0, 20941.0, 20903.0, 20899.0, 20899.0, 20889.0, 20918.0, 20903.0, 20900.0, 20908.0, 20910.0, 20901.0, 20926.0, 20906.0, 20901.0, 20950.0, 20939.0, 20924.0, 20932.0, 20904.0, 20924.0, 20960.0, 20982.0, 20968.0, 20950.0, 20920.0, 20913.0, 20925.0, 20926.0, 20905.0, 20929.0, 20934.0, 20941.0, 20916.0, 20922.0, 20925.0, 20899.0, 20882.0, 20892.0, 20887.0, 20862.0, 20877.0, 20930.0, 20941.0, 20925.0, 20944.0, 20936.0, 21040.0, 20924.0, 20952.0, 20949.0, 20911.0, 20862.0, 20821.0, 20992.0, 20915.0, 20846.0, 20867.0, 20858.0, 20840.0, 20823.0, 20751.0, 20799.0, 20820.0, 20841.0, 20890.0, 20918.0, 20952.0, 20957.0, 20896.0, 20881.0, 20868.0, 20875.0, 20841.0, 20854.0, 20860.0, 20888.0, 20830.0, 20838.0, 20855.0, 20838.0, 20844.0, 20860.0, 20880.0, 20909.0, 20909.0, 20903.0, 20890.0, 20887.0, 20877.0, 20886.0, 20878.0, 20942.0, 20921.0, 20923.0, 20935.0, 20919.0, 20913.0, 20931.0, 20901.0, 20881.0, 20876.0, 20897.0, 20912.0, 20909.0, 20898.0, 20907.0, 20856.0, 20875.0, 20874.0, 20872.0, 20889.0, 20864.0, 20884.0, 20919.0, 20892.0, 20930.0, 20940.0, 20910.0, 20891.0, 20897.0, 20868.0, 20918.0, 20892.0, 20889.0, 20915.0, 20876.0, 20862.0, 20898.0, 20886.0, 20849.0, 20867.0, 20822.0, 20835.0, 20826.0, 20848.0, 20875.0, 20881.0, 20904.0, 20907.0, 20920.0, 20888.0, 20876.0, 20902.0, 20930.0, 20915.0, 20882.0, 20887.0, 20886.0, 20842.0, 20830.0, 20795.0, 20824.0, 20779.0, 20788.0, 20837.0, 20852.0, 20843.0, 20871.0, 20845.0, 20853.0, 20880.0, 20837.0, 20858.0, 20857.0, 20845.0, 20831.0, 20848.0, 20827.0, 20849.0, 20832.0, 20872.0, 20886.0, 20886.0, 20866.0, 20911.0, 20860.0, 20895.0, 20913.0, 20912.0, 20898.0, 20907.0, 20892.0, 20857.0, 20882.0, 20877.0, 20860.0, 20894.0, 20894.0, 20894.0, 20910.0, 20906.0, 20932.0, 20887.0, 20862.0, 20862.0, 20824.0, 20810.0, 20780.0, 20808.0, 20825.0, 20852.0, 20856.0, 20832.0, 20833.0, 20831.0, 20825.0, 20842.0, 20831.0, 20835.0, 20813.0, 20814.0, 20833.0, 20876.0, 20882.0, 20898.0, 20891.0, 20871.0, 20881.0, 20860.0, 20871.0, 20857.0, 20867.0, 20832.0, 20799.0, 20796.0, 20816.0, 20815.0, 20836.0, 20838.0, 20815.0, 20877.0, 20901.0, 20894.0, 20912.0, 20918.0, 20895.0, 20843.0, 20865.0, 20881.0, 20809.0, 20816.0, 20813.0, 20778.0, 20814.0, 20812.0, 20839.0, 20868.0, 20896.0, 20866.0, 20860.0, 20857.0, 20868.0, 20878.0, 20889.0, 20880.0, 20904.0, 20877.0, 20883.0, 20911.0, 20935.0, 20943.0, 20927.0, 20892.0, 20872.0, 20863.0, 20867.0, 20883.0, 20796.0, 20806.0, 20774.0, 20790.0, 20768.0, 20784.0, 20795.0, 20750.0, 20758.0, 20750.0, 20802.0, 20750.0, 20745.0, 20750.0, 20768.0, 20782.0, 20802.0, 20798.0, 20794.0, 20809.0, 20796.0, 20778.0, 20785.0, 20813.0, 20837.0, 20834.0, 20881.0, 20897.0, 20890.0, 20882.0, 20838.0, 20843.0, 20829.0, 20814.0, 20810.0, 20808.0, 20862.0, 20881.0, 20875.0, 20848.0, 20840.0, 20818.0, 20834.0, 20806.0, 20824.0, 20820.0, 20787.0, 20804.0, 20824.0, 20842.0, 20821.0, 20830.0, 20821.0, 20837.0, 20862.0, 20869.0, 20863.0, 20889.0, 20902.0, 20893.0, 20883.0, 20883.0, 20855.0, 20844.0, 20866.0, 20819.0, 20856.0, 20848.0, 20915.0, 20887.0, 20874.0, 20870.0, 20849.0, 20791.0, 20800.0, 20766.0, 20744.0, 20765.0, 20722.0, 20757.0, 20826.0, 20838.0, 20873.0, 20846.0, 20806.0, 20820.0, 20797.0, 20768.0, 20749.0, 20756.0, 20733.0, 20756.0, 20755.0, 20760.0, 20759.0, 20784.0, 20802.0, 20834.0, 20875.0, 20876.0, 20841.0, 20852.0, 20867.0, 20875.0, 20871.0, 20831.0, 20854.0, 20852.0, 20870.0, 20866.0, 20842.0, 20843.0, 20834.0, 20841.0, 20872.0, 20875.0, 20877.0, 20851.0, 20889.0, 20850.0, 20895.0, 20889.0, 20881.0, 20913.0, 20926.0, 20854.0, 20854.0, 20870.0, 20810.0, 20798.0, 20806.0, 20759.0, 20767.0, 20768.0, 20745.0, 20726.0, 20755.0, 20709.0, 20739.0, 20763.0, 20754.0, 20759.0, 20751.0, 20773.0, 20749.0, 20797.0, 20812.0]}, "slices": {}}}