{"AcquisitionMatrixPE": 96, "AcquisitionNumber": 1, "AcquisitionTime": "07:22:12.780000", "BandwidthPerPixelPhaseEncode": 33.602, "BaseResolution": 96, "BodyPartExamined": "BRAIN", "ConsistencyInfo": "N4_VD11D_LATEST_20110129", "ConversionSoftware": "dcm2niix", "ConversionSoftwareVersion": "v1.0.20210317", "DerivedVendorReportedEchoSpacing": 0.000620003, "DeviceSerialNumber": "45239", "DwellTime": 2.6e-06, "EchoTime": 0.03, "EchoTrainLength": 48, "EffectiveEchoSpacing": 0.000310001, "FlipAngle": 63, "ImageComments": "Unaliased MB4/PE3", "ImageOrientationPatientDICOM": [0.997573, 0.0226615, 0.0658413, 0.0213633, 0.800353, -0.599148], "ImageType": ["ORIGINAL", "PRIMARY", "M", "ND", "NORM", "MOSAIC"], "ImagingFrequency": 123.193, "InPlanePhaseEncodingDirectionDICOM": "COL", "InstitutionAddress": "E 24th St. 100,Austin,Southmiddle,US,78712", "InstitutionName": "Univ of Texas at Austin", "InstitutionalDepartmentName": "IRC", "MRAcquisitionType": "2D", "MagneticFieldStrength": 3, "Manufacturer": "Siemens", "ManufacturersModelName": "Skyra", "Modality": "MR", "MultibandAccelerationFactor": 4, "ParallelReductionFactorInPlane": 2, "PartialFourier": 1, "PatientPosition": "HFS", "PercentPhaseFOV": 100, "PercentSampling": 100, "PhaseEncodingDirection": "j-", "PhaseEncodingSteps": 96, "PhaseResolution": 1, "PixelBandwidth": 2005, "ProcedureStepDescription": "Poldrack2^self-scanning", "ProtocolName": "Resting State fMRI MBEPI_matrix96_BW2004", "PulseSequenceDetails": "%CustomerSeq%\\cmrr_mbep2d_bold", "ReceiveCoilActiveElements": "HEA;HEP", "ReceiveCoilName": "Head_32", "ReconMatrixPE": 96, "RefLinesPE": 94, "RepetitionTime": 1.16, "SAR": 0.0932471, "ScanOptions": "FS", "ScanningSequence": "EP", "SequenceName": "epfid2d1_96", "SequenceVariant": "SK", "SeriesDescription": "Resting State fMRI MBEPI_matrix96_BW2004", "SeriesNumber": 9, "ShimSetting": [-2766, 8119, -15504, 133, -223, 225, 48, -92], "SliceThickness": 2, "SliceTiming": [0, 0.5, 0.9975, 0.3575, 0.855, 0.215, 0.7125, 0.0725, 0.57, 1.07, 0.4275, 0.9275, 0.285, 0.785, 0.1425, 0.6425, 0, 0.5, 0.9975, 0.3575, 0.855, 0.215, 0.7125, 0.0725, 0.57, 1.07, 0.4275, 0.9275, 0.285, 0.785, 0.1425, 0.6425, 0, 0.5, 0.9975, 0.3575, 0.855, 0.215, 0.7125, 0.0725, 0.57, 1.07, 0.4275, 0.9275, 0.285, 0.785, 0.1425, 0.6425, 0, 0.5, 0.9975, 0.3575, 0.855, 0.215, 0.7125, 0.0725, 0.57, 1.07, 0.4275, 0.9275, 0.285, 0.785, 0.1425, 0.6425], "SoftwareVersions": "syngo MR D11", "SpacingBetweenSlices": 2.4, "StationName": "AWP45239", "TaskName": "Resting fmri", "TotalReadoutTime": 0.0294501, "TxRefAmp": 333.111, "WipMemBlock": "3eb5eac6-c831-43a0-b249-838ae01482bb||Sequence: VD11D r195; Nov 21 2012 15:36:10 by eja", "dcmmeta_affine": [[-2.3900179862976074, 0.05118287727236748, 0.1590573936700821, 109.73905181884766], [-0.05429327115416527, 1.917513132095337, -1.437840461730957, -67.08329010009766], [0.15774476528167725, 1.4354584217071533, 1.915023684501648, -101.98462677001953], [0.0, 0.0, 0.0, 1.0]], "dcmmeta_reorient_transform": [[0.0, -1.0, 0.0, 95.0], [1.0, 0.0, 0.0, 0.0], [0.0, 0.0, 1.0, 0.0], [0.0, 0.0, 0.0, 1.0]], "dcmmeta_shape": [96, 96, 64, 518], "dcmmeta_slice_dim": 2, "dcmmeta_version": 0.6, "global": {"const": {"AcquisitionMatrix": [96, 0, 0, 96], "AngioFlag": "N", "BitsAllocated": 16, "BitsStored": 16, "BodyPartExamined": "BRAIN", "Columns": 768, "EchoNumbers": 1, "EchoTime": 30.0, "EchoTrainLength": 48, "FlipAngle": 63.0, "HighBit": 15, "ImageOrientationPatient": [0.9975727433687, 0.02266154013346, 0.06584129621016, 0.02136328807104, 0.80035331796213, -0.5991478751943], "ImagePositionPatient": [-934.84490327718, -777.60739066942, 463.69570345863], "ImageType": ["ORIGINAL", "PRIMARY", "M", "ND", "NORM", "MOSAIC"], "ImagedNucleus": "1H", "ImagingFrequency": 123.193329, "InPlanePhaseEncodingDirection": "COL", "MRAcquisitionType": "2D", "MagneticFieldStrength": 3.0, "Manufacturer": "SIEMENS", "ManufacturerModelName": "Skyra", "Modality": "MR", "NumberOfAverages": 1.0, "NumberOfPhaseEncodingSteps": 96, "PercentPhaseFieldOfView": 100.0, "PercentSampling": 100.0, "PerformedProcedureStepStartTime": "071103.734000", "PhotometricInterpretation": "MONOCHROME2", "PixelBandwidth": 2005.0, "PixelRepresentation": 0, "PixelSpacing": [2.3958332538605, 2.3958332538605], "ProtocolName": "Resting State fMRI MBEPI_matrix96_BW2004", "RepetitionTime": 1160.0, "Rows": 768, "SAR": 0.09324713807472, "SamplesPerPixel": 1, "ScanOptions": "FS", "ScanningSequence": "EP", "SequenceName": "epfid2d1_96", "SequenceVariant": "SK", "SeriesDescription": "Resting State fMRI MBEPI_matrix96_BW2004", "SeriesNumber": 9, "SeriesTime": "072256.843000", "SliceLocation": -33.913790783892, "SliceThickness": 2.0, "SmallestImagePixelValue": 0, "SoftwareVersions": "syngo MR D11", "SpacingBetweenSlices": 2.399999977982, "SpecificCharacterSet": "ISO_IR 100", "StudyID": "1", "StudyTime": "071103.687000", "TransmitCoilName": "Body", "VariableFlipAngleFlag": "N", "WindowCenterWidthExplanation": "Algo1", "dBdt": 0.0}, "slices": {}}, "time": {"samples": {"AcquisitionNumber": [1, 2, 3, 4, 5, 6, 7, 8, 9, 10, 11, 12, 13, 14, 15, 16, 17, 18, 19, 20, 21, 22, 23, 24, 25, 26, 27, 28, 29, 30, 31, 32, 33, 34, 35, 36, 37, 38, 39, 40, 41, 42, 43, 44, 45, 46, 47, 48, 49, 50, 51, 52, 53, 54, 55, 56, 57, 58, 59, 60, 61, 62, 63, 64, 65, 66, 67, 68, 69, 70, 71, 72, 73, 74, 75, 76, 77, 78, 79, 80, 81, 82, 83, 84, 85, 86, 87, 88, 89, 90, 91, 92, 93, 94, 95, 96, 97, 98, 99, 100, 101, 102, 103, 104, 105, 106, 107, 108, 109, 110, 111, 112, 113, 114, 115, 116, 117, 118, 119, 120, 121, 122, 123, 124, 125, 126, 127, 128, 129, 130, 131, 132, 133, 134, 135, 136, 137, 138, 139, 140, 141, 142, 143, 144, 145, 146, 147, 148, 149, 150, 151, 152, 153, 154, 155, 156, 157, 158, 159, 160, 161, 162, 163, 164, 165, 166, 167, 168, 169, 170, 171, 172, 173, 174, 175, 176, 177, 178, 179, 180, 181, 182, 183, 184, 185, 186, 187, 188, 189, 190, 191, 192, 193, 194, 195, 196, 197, 198, 199, 200, 201, 202, 203, 204, 205, 206, 207, 208, 209, 210, 211, 212, 213, 214, 215, 216, 217, 218, 219, 220, 221, 222, 223, 224, 225, 226, 227, 228, 229, 230, 231, 232, 233, 234, 235, 236, 237, 238, 239, 240, 241, 242, 243, 244, 245, 246, 247, 248, 249, 250, 251, 252, 253, 254, 255, 256, 257, 258, 259, 260, 261, 262, 263, 264, 265, 266, 267, 268, 269, 270, 271, 272, 273, 274, 275, 276, 277, 278, 279, 280, 281, 282, 283, 284, 285, 286, 287, 288, 289, 290, 291, 292, 293, 294, 295, 296, 297, 298, 299, 300, 301, 302, 303, 304, 305, 306, 307, 308, 309, 310, 311, 312, 313, 314, 315, 316, 317, 318, 319, 320, 321, 322, 323, 324, 325, 326, 327, 328, 329, 330, 331, 332, 333, 334, 335, 336, 337, 338, 339, 340, 341, 342, 343, 344, 345, 346, 347, 348, 349, 350, 351, 352, 353, 354, 355, 356, 357, 358, 359, 360, 361, 362, 363, 364, 365, 366, 367, 368, 369, 370, 371, 372, 373, 374, 375, 376, 377, 378, 379, 380, 381, 382, 383, 384, 385, 386, 387, 388, 389, 390, 391, 392, 393, 394, 395, 396, 397, 398, 399, 400, 401, 402, 403, 404, 405, 406, 407, 408, 409, 410, 411, 412, 413, 414, 415, 416, 417, 418, 419, 420, 421, 422, 423, 424, 425, 426, 427, 428, 429, 430, 431, 432, 433, 434, 435, 436, 437, 438, 439, 440, 441, 442, 443, 444, 445, 446, 447, 448, 449, 450, 451, 452, 453, 454, 455, 456, 457, 458, 459, 460, 461, 462, 463, 464, 465, 466, 467, 468, 469, 470, 471, 472, 473, 474, 475, 476, 477, 478, 479, 480, 481, 482, 483, 484, 485, 486, 487, 488, 489, 490, 491, 492, 493, 494, 495, 496, 497, 498, 499, 500, 501, 502, 503, 504, 505, 506, 507, 508, 509, 510, 511, 512, 513, 514, 515, 516, 517, 518], "AcquisitionTime": ["072212.780000", "072241.777500", "072242.937500", "072244.097500", "072245.257500", "072246.417500", "072247.577500", "072248.737500", "072249.897500", "072251.057500", "072252.220000", "072253.380000", "072254.540000", "072255.700000", "072256.860000", "072258.020000", "072259.180000", "072300.340000", "072301.500000", "072302.660000", "072303.820000", "072304.980000", "072306.140000", "072307.300000", "072308.460000", "072309.620000", "072310.780000", "072311.940000", "072313.100000", "072314.260000", "072315.420000", "072316.580000", "072317.740000", "072318.900000", "072320.060000", "072321.220000", "072322.380000", "072323.540000", "072324.700000", "072325.860000", "072327.020000", "072328.180000", "072329.340000", "072330.500000", "072331.660000", "072332.820000", "072333.980000", "072335.140000", "072336.300000", "072337.460000", "072338.620000", "072339.780000", "072340.940000", "072342.100000", "072343.260000", "072344.420000", "072345.580000", "072346.740000", "072347.900000", "072349.060000", "072350.220000", "072351.380000", "072352.540000", "072353.700000", "072354.860000", "072356.020000", "072357.180000", "072358.340000", "072359.500000", "072400.660000", "072401.820000", "072402.980000", "072404.140000", "072405.300000", "072406.460000", "072407.620000", "072408.780000", "072409.940000", "072411.100000", "072412.260000", "072413.420000", "072414.580000", "072415.740000", "072416.900000", "072418.060000", "072419.220000", "072420.380000", "072421.540000", "072422.700000", "072423.860000", "072425.020000", "072426.180000", "072427.340000", "072428.500000", "072429.660000", "072430.820000", "072431.980000", "072433.140000", "072434.300000", "072435.460000", "072436.620000", "072437.780000", "072438.940000", "072440.100000", "072441.260000", "072442.420000", "072443.580000", "072444.740000", "072445.900000", "072447.060000", "072448.220000", "072449.380000", "072450.540000", "072451.700000", "072452.860000", "072454.020000", "072455.180000", "072456.340000", "072457.500000", "072458.660000", "072459.820000", "072500.980000", "072502.140000", "072503.300000", "072504.460000", "072505.620000", "072506.780000", "072507.940000", "072509.100000", "072510.260000", "072511.420000", "072512.580000", "072513.740000", "072514.900000", "072516.060000", "072517.220000", "072518.380000", "072519.540000", "072520.700000", "072521.860000", "072523.020000", "072524.180000", "072525.340000", "072526.500000", "072527.660000", "072528.820000", "072529.980000", "072531.140000", "072532.300000", "072533.460000", "072534.620000", "072535.780000", "072536.940000", "072538.100000", "072539.260000", "072540.420000", "072541.580000", "072542.740000", "072543.900000", "072545.060000", "072546.220000", "072547.380000", "072548.540000", "072549.700000", "072550.860000", "072552.020000", "072553.180000", "072554.340000", "072555.500000", "072556.660000", "072557.820000", "072558.980000", "072600.140000", "072601.300000", "072602.460000", "072603.620000", "072604.780000", "072605.940000", "072607.100000", "072608.260000", "072609.420000", "072610.580000", "072611.740000", "072612.900000", "072614.060000", "072615.220000", "072616.380000", "072617.540000", "072618.700000", "072619.860000", "072621.020000", "072622.180000", "072623.340000", "072624.500000", "072625.660000", "072626.820000", "072627.980000", "072629.140000", "072630.300000", "072631.460000", "072632.620000", "072633.780000", "072634.940000", "072636.100000", "072637.260000", "072638.420000", "072639.580000", "072640.740000", "072641.900000", "072643.060000", "072644.220000", "072645.380000", "072646.540000", "072647.700000", "072648.860000", "072650.020000", "072651.180000", "072652.340000", "072653.500000", "072654.660000", "072655.820000", "072656.980000", "072658.140000", "072659.300000", "072700.460000", "072701.620000", "072702.780000", "072703.940000", "072705.100000", "072706.260000", "072707.420000", "072708.580000", "072709.740000", "072710.900000", "072712.060000", "072713.220000", "072714.380000", "072715.540000", "072716.700000", "072717.860000", "072719.020000", "072720.180000", "072721.340000", "072722.500000", "072723.660000", "072724.820000", "072725.980000", "072727.140000", "072728.300000", "072729.460000", "072730.620000", "072731.780000", "072732.940000", "072734.100000", "072735.260000", "072736.420000", "072737.580000", "072738.740000", "072739.900000", "072741.060000", "072742.222500", "072743.382500", "072744.542500", "072745.702500", "072746.862500", "072748.022500", "072749.182500", "072750.342500", "072751.502500", "072752.662500", "072753.822500", "072754.982500", "072756.142500", "072757.302500", "072758.462500", "072759.622500", "072800.782500", "072801.942500", "072803.102500", "072804.262500", "072805.422500", "072806.582500", "072807.742500", "072808.902500", "072810.062500", "072811.222500", "072812.382500", "072813.542500", "072814.702500", "072815.862500", "072817.022500", "072818.182500", "072819.342500", "072820.502500", "072821.662500", "072822.822500", "072823.982500", "072825.142500", "072826.302500", "072827.462500", "072828.622500", "072829.782500", "072830.942500", "072832.102500", "072833.262500", "072834.422500", "072835.582500", "072836.742500", "072837.902500", "072839.062500", "072840.222500", "072841.382500", "072842.542500", "072843.702500", "072844.862500", "072846.022500", "072847.182500", "072848.342500", "072849.502500", "072850.662500", "072851.822500", "072852.982500", "072854.142500", "072855.302500", "072856.462500", "072857.622500", "072858.782500", "072859.942500", "072901.102500", "072902.262500", "072903.422500", "072904.582500", "072905.742500", "072906.902500", "072908.062500", "072909.222500", "072910.382500", "072911.542500", "072912.702500", "072913.862500", "072915.022500", "072916.182500", "072917.342500", "072918.502500", "072919.662500", "072920.822500", "072921.982500", "072923.142500", "072924.302500", "072925.462500", "072926.622500", "072927.782500", "072928.942500", "072930.102500", "072931.262500", "072932.422500", "072933.582500", "072934.742500", "072935.902500", "072937.062500", "072938.222500", "072939.382500", "072940.542500", "072941.702500", "072942.862500", "072944.022500", "072945.182500", "072946.342500", "072947.502500", "072948.662500", "072949.822500", "072950.982500", "072952.142500", "072953.302500", "072954.462500", "072955.622500", "072956.782500", "072957.942500", "072959.102500", "073000.262500", "073001.422500", "073002.582500", "073003.742500", "073004.902500", "073006.062500", "073007.222500", "073008.382500", "073009.542500", "073010.702500", "073011.862500", "073013.022500", "073014.182500", "073015.342500", "073016.502500", "073017.662500", "073018.822500", "073019.982500", "073021.142500", "073022.302500", "073023.462500", "073024.622500", "073025.782500", "073026.942500", "073028.102500", "073029.262500", "073030.422500", "073031.582500", "073032.742500", "073033.902500", "073035.062500", "073036.222500", "073037.382500", "073038.542500", "073039.702500", "073040.862500", "073042.022500", "073043.182500", "073044.342500", "073045.502500", "073046.662500", "073047.822500", "073048.982500", "073050.142500", "073051.302500", "073052.462500", "073053.622500", "073054.782500", "073055.942500", "073057.102500", "073058.262500", "073059.422500", "073100.582500", "073101.742500", "073102.902500", "073104.062500", "073105.222500", "073106.382500", "073107.542500", "073108.702500", "073109.862500", "073111.022500", "073112.182500", "073113.342500", "073114.502500", "073115.662500", "073116.822500", "073117.982500", "073119.142500", "073120.302500", "073121.462500", "073122.622500", "073123.782500", "073124.942500", "073126.102500", "073127.262500", "073128.422500", "073129.582500", "073130.742500", "073131.902500", "073133.062500", "073134.222500", "073135.382500", "073136.542500", "073137.702500", "073138.862500", "073140.022500", "073141.182500", "073142.342500", "073143.502500", "073144.662500", "073145.822500", "073146.982500", "073148.142500", "073149.302500", "073150.462500", "073151.622500", "073152.782500", "073153.942500", "073155.102500", "073156.262500", "073157.422500", "073158.582500", "073159.742500", "073200.902500", "073202.062500", "073203.222500", "073204.382500", "073205.542500", "073206.702500", "073207.862500", "073209.022500", "073210.182500", "073211.342500", "073212.502500", "073213.662500", "073214.822500", "073215.982500", "073217.142500", "073218.302500", "073219.462500", "073220.622500", "073221.782500", "073222.942500", "073224.102500", "073225.262500", "073226.422500", "073227.582500", "073228.742500", "073229.902500", "073231.062500", "073232.225000", "073233.385000", "073234.545000", "073235.705000", "073236.865000", "073238.025000", "073239.185000", "073240.345000"], "ContentTime": ["072256.859000", "072303.437000", "072303.437000", "072303.453000", "072303.453000", "072303.453000", "072308.437000", "072308.437000", "072308.453000", "072308.453000", "072308.453000", "072313.437000", "072313.437000", "072313.453000", "072318.437000", "072318.437000", "072318.453000", "072318.453000", "072323.437000", "072323.437000", "072323.453000", "072323.453000", "072328.437000", "072328.437000", "072328.453000", "072328.453000", "072333.437000", "072333.437000", "072333.453000", "072333.453000", "072338.437000", "072338.437000", "072338.453000", "072338.453000", "072338.453000", "072343.437000", "072343.437000", "072343.453000", "072348.437000", "072348.437000", "072348.453000", "072348.453000", "072353.437000", "072353.437000", "072353.453000", "072353.453000", "072358.437000", "072358.437000", "072358.453000", "072358.453000", "072403.437000", "072403.437000", "072403.453000", "072403.453000", "072408.437000", "072408.437000", "072408.453000", "072408.453000", "072413.437000", "072413.453000", "072413.453000", "072418.437000", "072418.437000", "072418.453000", "072418.453000", "072423.437000", "072423.437000", "072423.453000", "072423.453000", "072428.437000", "072428.453000", "072428.453000", "072428.453000", "072433.437000", "072433.437000", "072433.453000", "072433.453000", "072438.437000", "072438.437000", "072438.453000", "072438.453000", "072443.437000", "072443.437000", "072443.453000", "072443.453000", "072448.437000", "072448.437000", "072448.453000", "072448.453000", "072453.437000", "072453.437000", "072453.453000", "072453.453000", "072458.437000", "072458.437000", "072458.453000", "072458.453000", "072503.437000", "072503.437000", "072503.453000", "072503.453000", "072508.437000", "072508.437000", "072508.453000", "072508.453000", "072513.437000", "072513.437000", "072513.453000", "072513.453000", "072518.437000", "072518.437000", "072518.453000", "072523.437000", "072523.437000", "072523.453000", "072523.453000", "072523.453000", "072528.437000", "072528.437000", "072528.453000", "072528.453000", "072533.437000", "072533.437000", "072533.453000", "072538.437000", "072538.453000", "072538.453000", "072538.453000", "072543.437000", "072543.437000", "072543.453000", "072543.453000", "072548.437000", "072548.437000", "072548.453000", "072548.453000", "072553.437000", "072553.453000", "072553.453000", "072553.453000", "072553.453000", "072558.437000", "072558.437000", "072558.453000", "072558.453000", "072603.437000", "072603.437000", "072603.453000", "072603.453000", "072608.437000", "072608.437000", "072608.453000", "072613.437000", "072613.437000", "072613.453000", "072613.453000", "072618.437000", "072618.437000", "072618.453000", "072618.453000", "072618.453000", "072623.437000", "072623.437000", "072623.453000", "072623.453000", "072628.437000", "072628.437000", "072628.453000", "072628.453000", "072633.437000", "072633.437000", "072633.453000", "072633.453000", "072638.437000", "072638.453000", "072638.453000", "072638.453000", "072643.437000", "072643.437000", "072643.453000", "072648.437000", "072648.437000", "072648.453000", "072648.453000", "072653.437000", "072653.437000", "072653.453000", "072653.453000", "072658.437000", "072658.453000", "072658.453000", "072658.453000", "072703.437000", "072703.437000", "072703.453000", "072703.453000", "072703.453000", "072708.437000", "072708.437000", "072708.453000", "072713.437000", "072713.437000", "072713.453000", "072713.453000", "072718.437000", "072718.437000", "072718.453000", "072718.453000", "072723.437000", "072723.437000", "072723.453000", "072723.453000", "072728.437000", "072728.437000", "072728.453000", "072728.453000", "072733.437000", "072733.437000", "072733.453000", "072733.453000", "072738.437000", "072738.437000", "072738.453000", "072738.453000", "072743.437000", "072743.437000", "072743.453000", "072743.453000", "072748.437000", "072748.437000", "072748.453000", "072748.453000", "072753.437000", "072753.437000", "072753.453000", "072753.453000", "072758.437000", "072758.437000", "072758.453000", "072758.453000", "072803.437000", "072803.437000", "072803.453000", "072803.453000", "072808.437000", "072808.453000", "072808.453000", "072808.453000", "072813.437000", "072813.437000", "072813.453000", "072813.453000", "072818.437000", "072818.453000", "072818.453000", "072818.453000", "072823.437000", "072823.437000", "072823.453000", "072823.453000", "072828.437000", "072828.453000", "072828.453000", "072828.453000", "072833.437000", "072833.437000", "072833.453000", "072838.437000", "072838.437000", "072838.453000", "072838.453000", "072843.437000", "072843.437000", "072843.453000", "072843.453000", "072848.437000", "072848.437000", "072848.453000", "072848.453000", "072853.437000", "072853.437000", "072853.453000", "072853.453000", "072858.437000", "072858.437000", "072858.453000", "072858.453000", "072903.437000", "072903.437000", "072903.453000", "072903.453000", "072908.437000", "072908.437000", "072908.453000", "072908.453000", "072913.437000", "072913.437000", "072913.453000", "072918.437000", "072918.437000", "072918.453000", "072918.453000", "072923.437000", "072923.437000", "072923.453000", "072923.453000", "072928.437000", "072928.437000", "072928.453000", "072928.453000", "072928.453000", "072933.437000", "072933.437000", "072933.453000", "072933.453000", "072938.437000", "072938.437000", "072938.453000", "072938.453000", "072943.437000", "072943.453000", "072943.453000", "072943.453000", "072948.437000", "072948.437000", "072948.453000", "072948.453000", "072953.437000", "072953.437000", "072953.453000", "072953.453000", "072958.437000", "072958.437000", "072958.453000", "072958.453000", "073003.437000", "073003.437000", "073003.453000", "073003.453000", "073008.437000", "073008.437000", "073008.453000", "073008.453000", "073013.437000", "073013.437000", "073013.453000", "073013.453000", "073018.437000", "073018.437000", "073018.453000", "073018.453000", "073023.437000", "073023.437000", "073023.453000", "073023.453000", "073028.437000", "073028.437000", "073028.453000", "073028.453000", "073033.437000", "073033.437000", "073033.453000", "073038.437000", "073038.437000", "073038.453000", "073038.453000", "073043.437000", "073043.437000", "073043.453000", "073043.453000", "073048.437000", "073048.437000", "073048.453000", "073048.453000", "073053.437000", "073053.437000", "073053.453000", "073053.453000", "073103.437000", "073103.437000", "073103.453000", "073103.453000", "073103.453000", "073103.453000", "073103.453000", "073103.468000", "073108.437000", "073108.437000", "073108.453000", "073108.453000", "073113.437000", "073113.453000", "073113.453000", "073113.453000", "073118.437000", "073118.437000", "073118.453000", "073118.453000", "073123.437000", "073123.453000", "073123.453000", "073123.453000", "073128.437000", "073128.437000", "073128.453000", "073128.453000", "073133.437000", "073133.437000", "073133.453000", "073133.453000", "073138.437000", "073138.437000", "073138.453000", "073138.453000", "073143.437000", "073143.437000", "073143.453000", "073143.453000", "073148.437000", "073148.437000", "073148.453000", "073148.453000", "073153.437000", "073153.437000", "073153.453000", "073153.453000", "073158.437000", "073158.437000", "073158.453000", "073158.453000", "073203.437000", "073203.437000", "073203.453000", "073203.453000", "073208.437000", "073208.437000", "073208.453000", "073208.453000", "073213.437000", "073213.437000", "073213.453000", "073213.453000", "073218.437000", "073218.437000", "073218.453000", "073218.453000", "073223.437000", "073223.437000", "073223.453000", "073223.453000", "073228.437000", "073228.437000", "073228.453000", "073228.453000", "073233.437000", "073233.437000", "073233.453000", "073233.453000", "073238.437000", "073238.437000", "073238.453000", "073238.453000", "073243.437000", "073243.437000", "073243.453000", "073243.453000", "073248.437000", "073248.437000", "073248.453000", "073248.453000", "073253.437000", "073253.437000", "073253.453000", "073253.453000", "073258.437000", "073258.437000", "073258.453000", "073258.453000", "073303.437000", "073303.453000", "073303.453000", "073303.453000", "073308.437000", "073308.437000", "073308.453000", "073308.453000", "073308.453000", "073313.437000", "073313.437000", "073313.453000", "073313.453000", "073318.437000", "073318.437000", "073318.453000", "073318.453000", "073323.437000", "073323.437000", "073323.453000", "073323.453000", "073323.453000", "073328.437000", "073328.437000", "073328.453000", "073328.453000", "073333.437000", "073333.437000", "073333.453000", "073333.453000", "073333.453000", "073338.437000", "073338.437000", "073338.453000", "073338.453000", "073343.078000", "073343.078000", "073343.093000", "073343.093000", "073343.093000"], "InstanceCreationTime": ["072256.859000", "072303.437000", "072303.437000", "072303.453000", "072303.453000", "072303.453000", "072308.437000", "072308.437000", "072308.453000", "072308.453000", "072308.453000", "072313.437000", "072313.437000", "072313.453000", "072318.437000", "072318.437000", "072318.453000", "072318.453000", "072323.437000", "072323.437000", "072323.453000", "072323.453000", "072328.437000", "072328.437000", "072328.453000", "072328.453000", "072333.437000", "072333.437000", "072333.453000", "072333.453000", "072338.437000", "072338.437000", "072338.453000", "072338.453000", "072338.453000", "072343.437000", "072343.437000", "072343.453000", "072348.437000", "072348.437000", "072348.453000", "072348.453000", "072353.437000", "072353.437000", "072353.453000", "072353.453000", "072358.437000", "072358.437000", "072358.453000", "072358.453000", "072403.437000", "072403.437000", "072403.453000", "072403.453000", "072408.437000", "072408.437000", "072408.453000", "072408.453000", "072413.437000", "072413.453000", "072413.453000", "072418.437000", "072418.437000", "072418.453000", "072418.453000", "072423.437000", "072423.437000", "072423.453000", "072423.453000", "072428.437000", "072428.453000", "072428.453000", "072428.453000", "072433.437000", "072433.437000", "072433.453000", "072433.453000", "072438.437000", "072438.437000", "072438.453000", "072438.453000", "072443.437000", "072443.437000", "072443.453000", "072443.453000", "072448.437000", "072448.437000", "072448.453000", "072448.453000", "072453.437000", "072453.437000", "072453.453000", "072453.453000", "072458.437000", "072458.437000", "072458.453000", "072458.453000", "072503.437000", "072503.437000", "072503.453000", "072503.453000", "072508.437000", "072508.437000", "072508.453000", "072508.453000", "072513.437000", "072513.437000", "072513.453000", "072513.453000", "072518.437000", "072518.437000", "072518.453000", "072523.437000", "072523.437000", "072523.453000", "072523.453000", "072523.453000", "072528.437000", "072528.437000", "072528.453000", "072528.453000", "072533.437000", "072533.437000", "072533.453000", "072538.437000", "072538.453000", "072538.453000", "072538.453000", "072543.437000", "072543.437000", "072543.453000", "072543.453000", "072548.437000", "072548.437000", "072548.453000", "072548.453000", "072553.437000", "072553.453000", "072553.453000", "072553.453000", "072553.453000", "072558.437000", "072558.437000", "072558.453000", "072558.453000", "072603.437000", "072603.437000", "072603.453000", "072603.453000", "072608.437000", "072608.437000", "072608.453000", "072613.437000", "072613.437000", "072613.453000", "072613.453000", "072618.437000", "072618.437000", "072618.453000", "072618.453000", "072618.453000", "072623.437000", "072623.437000", "072623.453000", "072623.453000", "072628.437000", "072628.437000", "072628.453000", "072628.453000", "072633.437000", "072633.437000", "072633.453000", "072633.453000", "072638.437000", "072638.453000", "072638.453000", "072638.453000", "072643.437000", "072643.437000", "072643.453000", "072648.437000", "072648.437000", "072648.453000", "072648.453000", "072653.437000", "072653.437000", "072653.453000", "072653.453000", "072658.437000", "072658.453000", "072658.453000", "072658.453000", "072703.437000", "072703.437000", "072703.453000", "072703.453000", "072703.453000", "072708.437000", "072708.437000", "072708.453000", "072713.437000", "072713.437000", "072713.453000", "072713.453000", "072718.437000", "072718.437000", "072718.453000", "072718.453000", "072723.437000", "072723.437000", "072723.453000", "072723.453000", "072728.437000", "072728.437000", "072728.453000", "072728.453000", "072733.437000", "072733.437000", "072733.453000", "072733.453000", "072738.437000", "072738.437000", "072738.453000", "072738.453000", "072743.437000", "072743.437000", "072743.453000", "072743.453000", "072748.437000", "072748.437000", "072748.453000", "072748.453000", "072753.437000", "072753.437000", "072753.453000", "072753.453000", "072758.437000", "072758.437000", "072758.453000", "072758.453000", "072803.437000", "072803.437000", "072803.453000", "072803.453000", "072808.437000", "072808.453000", "072808.453000", "072808.453000", "072813.437000", "072813.437000", "072813.453000", "072813.453000", "072818.437000", "072818.453000", "072818.453000", "072818.453000", "072823.437000", "072823.437000", "072823.453000", "072823.453000", "072828.437000", "072828.453000", "072828.453000", "072828.453000", "072833.437000", "072833.437000", "072833.453000", "072838.437000", "072838.437000", "072838.453000", "072838.453000", "072843.437000", "072843.437000", "072843.453000", "072843.453000", "072848.437000", "072848.437000", "072848.453000", "072848.453000", "072853.437000", "072853.437000", "072853.453000", "072853.453000", "072858.437000", "072858.437000", "072858.453000", "072858.453000", "072903.437000", "072903.437000", "072903.453000", "072903.453000", "072908.437000", "072908.437000", "072908.453000", "072908.453000", "072913.437000", "072913.437000", "072913.453000", "072918.437000", "072918.437000", "072918.453000", "072918.453000", "072923.437000", "072923.437000", "072923.453000", "072923.453000", "072928.437000", "072928.437000", "072928.453000", "072928.453000", "072928.453000", "072933.437000", "072933.437000", "072933.453000", "072933.453000", "072938.437000", "072938.437000", "072938.453000", "072938.453000", "072943.437000", "072943.453000", "072943.453000", "072943.453000", "072948.437000", "072948.437000", "072948.453000", "072948.453000", "072953.437000", "072953.437000", "072953.453000", "072953.453000", "072958.437000", "072958.437000", "072958.453000", "072958.453000", "073003.437000", "073003.437000", "073003.453000", "073003.453000", "073008.437000", "073008.437000", "073008.453000", "073008.453000", "073013.437000", "073013.437000", "073013.453000", "073013.453000", "073018.437000", "073018.437000", "073018.453000", "073018.453000", "073023.437000", "073023.437000", "073023.453000", "073023.453000", "073028.437000", "073028.437000", "073028.453000", "073028.453000", "073033.437000", "073033.437000", "073033.453000", "073038.437000", "073038.437000", "073038.453000", "073038.453000", "073043.437000", "073043.437000", "073043.453000", "073043.453000", "073048.437000", "073048.437000", "073048.453000", "073048.453000", "073053.437000", "073053.437000", "073053.453000", "073053.453000", "073103.437000", "073103.437000", "073103.453000", "073103.453000", "073103.453000", "073103.453000", "073103.453000", "073103.468000", "073108.437000", "073108.437000", "073108.453000", "073108.453000", "073113.437000", "073113.453000", "073113.453000", "073113.453000", "073118.437000", "073118.437000", "073118.453000", "073118.453000", "073123.437000", "073123.453000", "073123.453000", "073123.453000", "073128.437000", "073128.437000", "073128.453000", "073128.453000", "073133.437000", "073133.437000", "073133.453000", "073133.453000", "073138.437000", "073138.437000", "073138.453000", "073138.453000", "073143.437000", "073143.437000", "073143.453000", "073143.453000", "073148.437000", "073148.437000", "073148.453000", "073148.453000", "073153.437000", "073153.437000", "073153.453000", "073153.453000", "073158.437000", "073158.437000", "073158.453000", "073158.453000", "073203.437000", "073203.437000", "073203.453000", "073203.453000", "073208.437000", "073208.437000", "073208.453000", "073208.453000", "073213.437000", "073213.437000", "073213.453000", "073213.453000", "073218.437000", "073218.437000", "073218.453000", "073218.453000", "073223.437000", "073223.437000", "073223.453000", "073223.453000", "073228.437000", "073228.437000", "073228.453000", "073228.453000", "073233.437000", "073233.437000", "073233.453000", "073233.453000", "073238.437000", "073238.437000", "073238.453000", "073238.453000", "073243.437000", "073243.437000", "073243.453000", "073243.453000", "073248.437000", "073248.437000", "073248.453000", "073248.453000", "073253.437000", "073253.437000", "073253.453000", "073253.453000", "073258.437000", "073258.437000", "073258.453000", "073258.453000", "073303.437000", "073303.453000", "073303.453000", "073303.453000", "073308.437000", "073308.437000", "073308.453000", "073308.453000", "073308.453000", "073313.437000", "073313.437000", "073313.453000", "073313.453000", "073318.437000", "073318.437000", "073318.453000", "073318.453000", "073323.437000", "073323.437000", "073323.453000", "073323.453000", "073323.453000", "073328.437000", "073328.437000", "073328.453000", "073328.453000", "073333.437000", "073333.437000", "073333.453000", "073333.453000", "073333.453000", "073338.437000", "073338.437000", "073338.453000", "073338.453000", "073343.078000", "073343.078000", "073343.093000", "073343.093000", "073343.093000"], "InstanceNumber": [1, 2, 3, 4, 5, 6, 7, 8, 9, 10, 11, 12, 13, 14, 15, 16, 17, 18, 19, 20, 21, 22, 23, 24, 25, 26, 27, 28, 29, 30, 31, 32, 33, 34, 35, 36, 37, 38, 39, 40, 41, 42, 43, 44, 45, 46, 47, 48, 49, 50, 51, 52, 53, 54, 55, 56, 57, 58, 59, 60, 61, 62, 63, 64, 65, 66, 67, 68, 69, 70, 71, 72, 73, 74, 75, 76, 77, 78, 79, 80, 81, 82, 83, 84, 85, 86, 87, 88, 89, 90, 91, 92, 93, 94, 95, 96, 97, 98, 99, 100, 101, 102, 103, 104, 105, 106, 107, 108, 109, 110, 111, 112, 113, 114, 115, 116, 117, 118, 119, 120, 121, 122, 123, 124, 125, 126, 127, 128, 129, 130, 131, 132, 133, 134, 135, 136, 137, 138, 139, 140, 141, 142, 143, 144, 145, 146, 147, 148, 149, 150, 151, 152, 153, 154, 155, 156, 157, 158, 159, 160, 161, 162, 163, 164, 165, 166, 167, 168, 169, 170, 171, 172, 173, 174, 175, 176, 177, 178, 179, 180, 181, 182, 183, 184, 185, 186, 187, 188, 189, 190, 191, 192, 193, 194, 195, 196, 197, 198, 199, 200, 201, 202, 203, 204, 205, 206, 207, 208, 209, 210, 211, 212, 213, 214, 215, 216, 217, 218, 219, 220, 221, 222, 223, 224, 225, 226, 227, 228, 229, 230, 231, 232, 233, 234, 235, 236, 237, 238, 239, 240, 241, 242, 243, 244, 245, 246, 247, 248, 249, 250, 251, 252, 253, 254, 255, 256, 257, 258, 259, 260, 261, 262, 263, 264, 265, 266, 267, 268, 269, 270, 271, 272, 273, 274, 275, 276, 277, 278, 279, 280, 281, 282, 283, 284, 285, 286, 287, 288, 289, 290, 291, 292, 293, 294, 295, 296, 297, 298, 299, 300, 301, 302, 303, 304, 305, 306, 307, 308, 309, 310, 311, 312, 313, 314, 315, 316, 317, 318, 319, 320, 321, 322, 323, 324, 325, 326, 327, 328, 329, 330, 331, 332, 333, 334, 335, 336, 337, 338, 339, 340, 341, 342, 343, 344, 345, 346, 347, 348, 349, 350, 351, 352, 353, 354, 355, 356, 357, 358, 359, 360, 361, 362, 363, 364, 365, 366, 367, 368, 369, 370, 371, 372, 373, 374, 375, 376, 377, 378, 379, 380, 381, 382, 383, 384, 385, 386, 387, 388, 389, 390, 391, 392, 393, 394, 395, 396, 397, 398, 399, 400, 401, 402, 403, 404, 405, 406, 407, 408, 409, 410, 411, 412, 413, 414, 415, 416, 417, 418, 419, 420, 421, 422, 423, 424, 425, 426, 427, 428, 429, 430, 431, 432, 433, 434, 435, 436, 437, 438, 439, 440, 441, 442, 443, 444, 445, 446, 447, 448, 449, 450, 451, 452, 453, 454, 455, 456, 457, 458, 459, 460, 461, 462, 463, 464, 465, 466, 467, 468, 469, 470, 471, 472, 473, 474, 475, 476, 477, 478, 479, 480, 481, 482, 483, 484, 485, 486, 487, 488, 489, 490, 491, 492, 493, 494, 495, 496, 497, 498, 499, 500, 501, 502, 503, 504, 505, 506, 507, 508, 509, 510, 511, 512, 513, 514, 515, 516, 517, 518], "LargestImagePixelValue": [30572, 33118, 28149, 23144, 30169, 31492, 25694, 23110, 24002, 23321, 22927, 28642, 30579, 25284, 23219, 23045, 26935, 23046, 23059, 25967, 29234, 23212, 25871, 25436, 22782, 28786, 30997, 23786, 22880, 31371, 23355, 22924, 31414, 25152, 22925, 24377, 24796, 30729, 23519, 24371, 23505, 30016, 26683, 24637, 23014, 23102, 23244, 29474, 24588, 24582, 24746, 23008, 22915, 23447, 23368, 31044, 29345, 28046, 27010, 23501, 23080, 24309, 24079, 28449, 27911, 29054, 26990, 23665, 22652, 24725, 29195, 30412, 26395, 24713, 24437, 26012, 30036, 31731, 25848, 23021, 23174, 28522, 23651, 23034, 23083, 24396, 23459, 28650, 23002, 23522, 23191, 30304, 23346, 22894, 30187, 30789, 29519, 27131, 22814, 28233, 30084, 25666, 23097, 23168, 25321, 23399, 22908, 23000, 23272, 29111, 27537, 25060, 22869, 27983, 28507, 24996, 23222, 23485, 29184, 23035, 22954, 22996, 23144, 29283, 23023, 22962, 23097, 28599, 23209, 25592, 23264, 28351, 24092, 22841, 24262, 27884, 28030, 24427, 23067, 22929, 27240, 23239, 25614, 22925, 23135, 22837, 24317, 27737, 24960, 24740, 24308, 28607, 24799, 22950, 23789, 28187, 30579, 25152, 23152, 23559, 30179, 24036, 23048, 23300, 27484, 29774, 25079, 23074, 23767, 27733, 23874, 23092, 28127, 24249, 23200, 22980, 25014, 29261, 24645, 23256, 23186, 26132, 29140, 23528, 23127, 23429, 26233, 28631, 24503, 22812, 23076, 24545, 29951, 26881, 24599, 22930, 23413, 30706, 25727, 23298, 23231, 23167, 28780, 23122, 22993, 23286, 26745, 25921, 26670, 22921, 22895, 22894, 23396, 27713, 28627, 22753, 24947, 24409, 22766, 24613, 22669, 24870, 26578, 26316, 28530, 25276, 22836, 24009, 27304, 22518, 22731, 22771, 23351, 26469, 27390, 24620, 22744, 23983, 25397, 28586, 26194, 24240, 22774, 23410, 24176, 28597, 25225, 23006, 22864, 22821, 27388, 28415, 23387, 24719, 23050, 25076, 23120, 24051, 22892, 22890, 23263, 24243, 26399, 28103, 29923, 28874, 25726, 23018, 23198, 22986, 25491, 24433, 27473, 24396, 23032, 23692, 23027, 24762, 27923, 29089, 26960, 23102, 22810, 23398, 29011, 23284, 22603, 23891, 23429, 25159, 27262, 22962, 22739, 23009, 22942, 23060, 26416, 22857, 22886, 22588, 22769, 22899, 27895, 22841, 22534, 24066, 23723, 24348, 26782, 22525, 22567, 22657, 25362, 23489, 28341, 24370, 23047, 22879, 23280, 23937, 24033, 27640, 27831, 26251, 25985, 24268, 24573, 24368, 27566, 25299, 24404, 22707, 24560, 26443, 24839, 28156, 24436, 22870, 22775, 23600, 24313, 24685, 29205, 24492, 22718, 22846, 22867, 22924, 23653, 24626, 26370, 24658, 24430, 24123, 22925, 26223, 28475, 28281, 24223, 22394, 24596, 28992, 26220, 22708, 23065, 27321, 31653, 27701, 23995, 22753, 23228, 26081, 22745, 23056, 23332, 23749, 24168, 23303, 22728, 23558, 23009, 25446, 25312, 25039, 22810, 22789, 22744, 25296, 28267, 26754, 23761, 22897, 22444, 25713, 22967, 26648, 26352, 23901, 22847, 22585, 24670, 24263, 26859, 24943, 22585, 22542, 22536, 24294, 24775, 28150, 25358, 23220, 22819, 22642, 22430, 22623, 22826, 25271, 27046, 27664, 27245, 22916, 23284, 22163, 24700, 30529, 28041, 25206, 25223, 24838, 28275, 23788, 22255, 26596, 30736, 23862, 22276, 23073, 28281, 22705, 23290, 23848, 26321, 28068, 22465, 22352, 28013, 27165, 24623, 22332, 22237, 23141, 29324, 22400, 22427, 23719, 26927, 23219, 22276, 22172, 22861, 25275, 22199, 24046, 27716, 22704, 23409, 25942, 24328, 22062, 23812, 26474, 24706, 22261, 22738, 28861, 26112, 23696, 22301, 24727, 22278, 22195, 23018, 23345, 28728, 22814, 23324, 22564, 23379, 24722, 22334, 22351, 24285, 25811, 25436, 27761, 24616, 22263, 22811, 25813, 23699, 23488, 22691, 25017, 22857, 28236, 23543, 22380, 23076, 23973, 27063, 22587, 22161, 23601, 24242, 26585, 23136, 22263], "WindowCenter": [9563.0, 9566.0, 9557.0, 9504.0, 9544.0, 9542.0, 9512.0, 9502.0, 9508.0, 9517.0, 9509.0, 9545.0, 9521.0, 9514.0, 9514.0, 9518.0, 9545.0, 9518.0, 9521.0, 9531.0, 9568.0, 9547.0, 9555.0, 9530.0, 9508.0, 9538.0, 9518.0, 9495.0, 9511.0, 9553.0, 9503.0, 9533.0, 9558.0, 9501.0, 9506.0, 9497.0, 9514.0, 9550.0, 9528.0, 9516.0, 9523.0, 9528.0, 9507.0, 9501.0, 9521.0, 9528.0, 9523.0, 9573.0, 9528.0, 9533.0, 9525.0, 9512.0, 9519.0, 9514.0, 9496.0, 9555.0, 9544.0, 9537.0, 9521.0, 9507.0, 9516.0, 9524.0, 9536.0, 9545.0, 9533.0, 9537.0, 9515.0, 9522.0, 9516.0, 9543.0, 9549.0, 9563.0, 9532.0, 9521.0, 9525.0, 9521.0, 9534.0, 9551.0, 9521.0, 9491.0, 9519.0, 9541.0, 9505.0, 9502.0, 9494.0, 9511.0, 9490.0, 9527.0, 9501.0, 9491.0, 9513.0, 9529.0, 9529.0, 9513.0, 9543.0, 9551.0, 9515.0, 9511.0, 9475.0, 9528.0, 9529.0, 9500.0, 9502.0, 9507.0, 9509.0, 9510.0, 9516.0, 9509.0, 9510.0, 9513.0, 9501.0, 9494.0, 9493.0, 9518.0, 9508.0, 9498.0, 9488.0, 9488.0, 9505.0, 9494.0, 9480.0, 9471.0, 9468.0, 9502.0, 9486.0, 9504.0, 9488.0, 9519.0, 9503.0, 9518.0, 9509.0, 9545.0, 9517.0, 9490.0, 9516.0, 9520.0, 9530.0, 9522.0, 9505.0, 9502.0, 9508.0, 9487.0, 9525.0, 9504.0, 9508.0, 9506.0, 9512.0, 9517.0, 9532.0, 9526.0, 9533.0, 9540.0, 9530.0, 9508.0, 9520.0, 9540.0, 9540.0, 9504.0, 9500.0, 9516.0, 9550.0, 9514.0, 9514.0, 9509.0, 9523.0, 9532.0, 9518.0, 9498.0, 9500.0, 9524.0, 9514.0, 9507.0, 9524.0, 9503.0, 9501.0, 9488.0, 9512.0, 9519.0, 9531.0, 9523.0, 9520.0, 9513.0, 9534.0, 9524.0, 9501.0, 9516.0, 9530.0, 9558.0, 9524.0, 9529.0, 9529.0, 9519.0, 9559.0, 9523.0, 9519.0, 9506.0, 9507.0, 9531.0, 9516.0, 9494.0, 9500.0, 9495.0, 9521.0, 9474.0, 9483.0, 9500.0, 9512.0, 9523.0, 9518.0, 9499.0, 9521.0, 9512.0, 9501.0, 9517.0, 9505.0, 9490.0, 9539.0, 9531.0, 9513.0, 9538.0, 9516.0, 9526.0, 9491.0, 9494.0, 9482.0, 9475.0, 9477.0, 9480.0, 9485.0, 9490.0, 9487.0, 9483.0, 9505.0, 9502.0, 9505.0, 9493.0, 9491.0, 9504.0, 9505.0, 9511.0, 9494.0, 9487.0, 9483.0, 9482.0, 9489.0, 9491.0, 9518.0, 9491.0, 9506.0, 9508.0, 9537.0, 9503.0, 9496.0, 9509.0, 9482.0, 9494.0, 9467.0, 9497.0, 9509.0, 9491.0, 9522.0, 9521.0, 9522.0, 9522.0, 9523.0, 9504.0, 9489.0, 9476.0, 9478.0, 9490.0, 9506.0, 9499.0, 9518.0, 9514.0, 9468.0, 9502.0, 9515.0, 9518.0, 9511.0, 9516.0, 9499.0, 9483.0, 9482.0, 9481.0, 9521.0, 9490.0, 9469.0, 9489.0, 9458.0, 9472.0, 9487.0, 9476.0, 9479.0, 9479.0, 9461.0, 9465.0, 9485.0, 9487.0, 9489.0, 9485.0, 9482.0, 9491.0, 9500.0, 9492.0, 9481.0, 9493.0, 9472.0, 9479.0, 9504.0, 9494.0, 9483.0, 9470.0, 9504.0, 9498.0, 9527.0, 9503.0, 9492.0, 9497.0, 9487.0, 9476.0, 9516.0, 9524.0, 9527.0, 9523.0, 9523.0, 9512.0, 9521.0, 9521.0, 9524.0, 9520.0, 9509.0, 9484.0, 9492.0, 9488.0, 9485.0, 9500.0, 9461.0, 9468.0, 9468.0, 9475.0, 9477.0, 9469.0, 9506.0, 9489.0, 9487.0, 9467.0, 9470.0, 9465.0, 9490.0, 9488.0, 9509.0, 9514.0, 9508.0, 9516.0, 9502.0, 9517.0, 9517.0, 9512.0, 9509.0, 9482.0, 9524.0, 9536.0, 9509.0, 9492.0, 9488.0, 9509.0, 9537.0, 9500.0, 9471.0, 9441.0, 9476.0, 9500.0, 9483.0, 9476.0, 9480.0, 9489.0, 9482.0, 9490.0, 9491.0, 9519.0, 9499.0, 9529.0, 9507.0, 9499.0, 9474.0, 9479.0, 9480.0, 9493.0, 9510.0, 9501.0, 9464.0, 9459.0, 9457.0, 9506.0, 9494.0, 9511.0, 9490.0, 9474.0, 9476.0, 9473.0, 9467.0, 9469.0, 9479.0, 9467.0, 9470.0, 9461.0, 9450.0, 9470.0, 9467.0, 9508.0, 9474.0, 9461.0, 9469.0, 9474.0, 9472.0, 9507.0, 9510.0, 9534.0, 9522.0, 9538.0, 9528.0, 9540.0, 9541.0, 9535.0, 9548.0, 9545.0, 9510.0, 9471.0, 9473.0, 9468.0, 9484.0, 9454.0, 9445.0, 9488.0, 9497.0, 9466.0, 9447.0, 9459.0, 9499.0, 9449.0, 9456.0, 9463.0, 9461.0, 9485.0, 9450.0, 9456.0, 9505.0, 9488.0, 9474.0, 9455.0, 9455.0, 9459.0, 9499.0, 9487.0, 9485.0, 9468.0, 9485.0, 9490.0, 9457.0, 9466.0, 9474.0, 9488.0, 9481.0, 9507.0, 9517.0, 9495.0, 9494.0, 9495.0, 9495.0, 9481.0, 9489.0, 9507.0, 9501.0, 9495.0, 9486.0, 9508.0, 9488.0, 9482.0, 9474.0, 9481.0, 9490.0, 9470.0, 9488.0, 9481.0, 9512.0, 9478.0, 9474.0, 9462.0, 9493.0, 9502.0, 9494.0, 9491.0, 9503.0, 9499.0, 9493.0, 9508.0, 9495.0, 9480.0, 9494.0, 9514.0, 9507.0, 9501.0, 9485.0, 9495.0, 9479.0, 9491.0, 9479.0, 9471.0, 9455.0, 9463.0, 9471.0, 9474.0, 9465.0, 9472.0, 9488.0, 9488.0, 9466.0, 9461.0], "WindowWidth": [20163.0, 20157.0, 20145.0, 20044.0, 20109.0, 20103.0, 20049.0, 20031.0, 20048.0, 20066.0, 20049.0, 20110.0, 20065.0, 20057.0, 20060.0, 20067.0, 20114.0, 20067.0, 20070.0, 20089.0, 20162.0, 20128.0, 20142.0, 20089.0, 20043.0, 20095.0, 20057.0, 20018.0, 20047.0, 20124.0, 20043.0, 20093.0, 20132.0, 20030.0, 20038.0, 20021.0, 20053.0, 20118.0, 20087.0, 20061.0, 20071.0, 20079.0, 20039.0, 20029.0, 20069.0, 20085.0, 20085.0, 20170.0, 20089.0, 20093.0, 20075.0, 20052.0, 20065.0, 20060.0, 20027.0, 20130.0, 20110.0, 20094.0, 20065.0, 20045.0, 20066.0, 20085.0, 20106.0, 20116.0, 20091.0, 20095.0, 20060.0, 20076.0, 20066.0, 20117.0, 20124.0, 20147.0, 20091.0, 20078.0, 20081.0, 20069.0, 20090.0, 20116.0, 20063.0, 20013.0, 20069.0, 20107.0, 20040.0, 20031.0, 20015.0, 20043.0, 20012.0, 20077.0, 20032.0, 20012.0, 20052.0, 20079.0, 20087.0, 20055.0, 20106.0, 20117.0, 20051.0, 20048.0, 19981.0, 20076.0, 20078.0, 20021.0, 20028.0, 20040.0, 20050.0, 20056.0, 20062.0, 20047.0, 20043.0, 20045.0, 20028.0, 20015.0, 20011.0, 20056.0, 20035.0, 20017.0, 19998.0, 20003.0, 20028.0, 20009.0, 19984.0, 19966.0, 19962.0, 20022.0, 19998.0, 20034.0, 20008.0, 20060.0, 20038.0, 20064.0, 20049.0, 20110.0, 20060.0, 20010.0, 20053.0, 20062.0, 20081.0, 20070.0, 20037.0, 20029.0, 20036.0, 20004.0, 20071.0, 20036.0, 20044.0, 20038.0, 20050.0, 20062.0, 20088.0, 20081.0, 20096.0, 20107.0, 20090.0, 20050.0, 20065.0, 20100.0, 20100.0, 20035.0, 20027.0, 20058.0, 20119.0, 20059.0, 20056.0, 20042.0, 20068.0, 20083.0, 20061.0, 20022.0, 20028.0, 20070.0, 20055.0, 20041.0, 20068.0, 20032.0, 20026.0, 20001.0, 20049.0, 20061.0, 20083.0, 20071.0, 20065.0, 20055.0, 20092.0, 20075.0, 20034.0, 20060.0, 20088.0, 20142.0, 20079.0, 20088.0, 20085.0, 20066.0, 20134.0, 20069.0, 20065.0, 20040.0, 20041.0, 20081.0, 20053.0, 20016.0, 20027.0, 20021.0, 20064.0, 19978.0, 19989.0, 20019.0, 20042.0, 20068.0, 20062.0, 20032.0, 20070.0, 20049.0, 20029.0, 20057.0, 20035.0, 20010.0, 20120.0, 20089.0, 20058.0, 20106.0, 20062.0, 20071.0, 19997.0, 19998.0, 19974.0, 19961.0, 19969.0, 19980.0, 19988.0, 20003.0, 19999.0, 19990.0, 20025.0, 20019.0, 20025.0, 20007.0, 20006.0, 20028.0, 20030.0, 20040.0, 20014.0, 19999.0, 19989.0, 19985.0, 19996.0, 19999.0, 20052.0, 20005.0, 20038.0, 20043.0, 20096.0, 20033.0, 20019.0, 20036.0, 19985.0, 20007.0, 19959.0, 20012.0, 20039.0, 20010.0, 20069.0, 20065.0, 20064.0, 20061.0, 20059.0, 20025.0, 19999.0, 19975.0, 19975.0, 19998.0, 20031.0, 20024.0, 20054.0, 20047.0, 19967.0, 20029.0, 20054.0, 20057.0, 20043.0, 20050.0, 20016.0, 19987.0, 19986.0, 19988.0, 20057.0, 20000.0, 19958.0, 19990.0, 19933.0, 19959.0, 19991.0, 19971.0, 19973.0, 19972.0, 19940.0, 19950.0, 19988.0, 19993.0, 19998.0, 19992.0, 19989.0, 20006.0, 20020.0, 20007.0, 19987.0, 20007.0, 19967.0, 19982.0, 20025.0, 20012.0, 19992.0, 19968.0, 20028.0, 20019.0, 20072.0, 20033.0, 20007.0, 20020.0, 19999.0, 19979.0, 20054.0, 20069.0, 20078.0, 20069.0, 20067.0, 20049.0, 20065.0, 20065.0, 20075.0, 20064.0, 20041.0, 19993.0, 20000.0, 19989.0, 19986.0, 20010.0, 19940.0, 19952.0, 19953.0, 19965.0, 19967.0, 19953.0, 20023.0, 19997.0, 19991.0, 19953.0, 19961.0, 19953.0, 19997.0, 19997.0, 20036.0, 20049.0, 20048.0, 20058.0, 20030.0, 20054.0, 20052.0, 20043.0, 20041.0, 19991.0, 20068.0, 20090.0, 20038.0, 20012.0, 20002.0, 20036.0, 20082.0, 20012.0, 19957.0, 19904.0, 19966.0, 20012.0, 19985.0, 19970.0, 19973.0, 20002.0, 19984.0, 20000.0, 20007.0, 20057.0, 20023.0, 20082.0, 20039.0, 20021.0, 19973.0, 19981.0, 19984.0, 20005.0, 20036.0, 20017.0, 19950.0, 19939.0, 19935.0, 20024.0, 20009.0, 20040.0, 20003.0, 19971.0, 19969.0, 19961.0, 19947.0, 19954.0, 19973.0, 19950.0, 19957.0, 19938.0, 19920.0, 19956.0, 19951.0, 20023.0, 19962.0, 19938.0, 19951.0, 19970.0, 19967.0, 20034.0, 20040.0, 20083.0, 20064.0, 20097.0, 20078.0, 20111.0, 20122.0, 20115.0, 20123.0, 20111.0, 20036.0, 19963.0, 19961.0, 19952.0, 19980.0, 19929.0, 19909.0, 19985.0, 20000.0, 19947.0, 19911.0, 19934.0, 20005.0, 19917.0, 19927.0, 19936.0, 19930.0, 19975.0, 19922.0, 19933.0, 20019.0, 19986.0, 19959.0, 19925.0, 19926.0, 19935.0, 20008.0, 19993.0, 19992.0, 19959.0, 19984.0, 19992.0, 19934.0, 19951.0, 19969.0, 19992.0, 19984.0, 20030.0, 20046.0, 20011.0, 20009.0, 20009.0, 20010.0, 19986.0, 19997.0, 20029.0, 20020.0, 20011.0, 19990.0, 20027.0, 19987.0, 19979.0, 19965.0, 19977.0, 19999.0, 19965.0, 19998.0, 19985.0, 20037.0, 19979.0, 19970.0, 19949.0, 20007.0, 20020.0, 20008.0, 20002.0, 20026.0, 20013.0, 20003.0, 20029.0, 20007.0, 19988.0, 20016.0, 20051.0, 20037.0, 20022.0, 19992.0, 20010.0, 19981.0, 19997.0, 19973.0, 19957.0, 19928.0, 19941.0, 19956.0, 19963.0, 19949.0, 19962.0, 19990.0, 19992.0, 19951.0, 19939.0]}, "slices": {}}}