{"AcquisitionMatrixPE": 128, "AcquisitionNumber": 1, "AcquisitionTime": "07:51:16.455000", "BandwidthPerPixelPhaseEncode": 20.292, "BaseResolution": 128, "BodyPartExamined": "BRAIN", "ConsistencyInfo": "N4_VD11D_LATEST_20110129", "ConversionSoftware": "dcm2niix", "ConversionSoftwareVersion": "v1.0.20210317", "DerivedVendorReportedEchoSpacing": 0.000770008, "DeviceSerialNumber": "45239", "DiffusionScheme": "Monopolar", "DwellTime": 2.4e-06, "EchoTime": 0.092, "EchoTrainLength": 51, "EffectiveEchoSpacing": 0.000385004, "FlipAngle": 90, "ImageComments": "Unaliased MB3/PE3", "ImageOrientationPatientDICOM": [1, 2.05103e-10, 0, -2.05103e-10, 1, 0], "ImageType": ["ORIGINAL", "PRIMARY", "DIFFUSION", "NONE", "ND", "NORM", "MOSAIC"], "ImagingFrequency": 123.193, "InPlanePhaseEncodingDirectionDICOM": "ROW", "InstitutionAddress": "E 24th St. 100,Austin,Southmiddle,US,78712", "InstitutionName": "Univ of Texas at Austin", "InstitutionalDepartmentName": "IRC", "MRAcquisitionType": "2D", "MagneticFieldStrength": 3, "Manufacturer": "Siemens", "ManufacturersModelName": "Skyra", "Modality": "MR", "MultibandAccelerationFactor": 3, "ParallelReductionFactorInPlane": 2, "PartialFourier": 0.75, "PatientPosition": "HFS", "PercentPhaseFOV": 100, "PercentSampling": 100, "PhaseEncodingDirection": "i-", "PhaseEncodingSteps": 102, "PhaseResolution": 1, "PixelBandwidth": 1630, "ProcedureStepDescription": "Poldrack2^self-scanning", "ProtocolName": "MBEPI with MDDW L-R", "PulseSequenceDetails": "%CustomerSeq%\\cmrr_mbep2d_diff", "ReceiveCoilActiveElements": "HEA;HEP", "ReceiveCoilName": "Head_32", "ReconMatrixPE": 128, "RefLinesPE": 76, "RepetitionTime": 5, "SAR": 0.141466, "ScanOptions": "PFP\\FS", "ScanningSequence": "EP", "SequenceName": "ep_b5#1", "SequenceVariant": "SK", "SeriesDescription": "MBEPI with MDDW L-R", "SeriesNumber": 16, "ShimSetting": [-2780, 8057, -15479, 113, -227, 110, 245, -143], "SliceThickness": 1.7, "SliceTiming": [0, 3.6375, 2.2975, 0.9575, 4.595, 3.255, 1.915, 0.5725, 4.2125, 2.8725, 1.53, 0.19, 3.83, 2.49, 1.1475, 4.7875, 3.4475, 2.105, 0.765, 4.405, 3.0625, 1.7225, 0.3825, 4.02, 2.68, 1.34, 0, 3.6375, 2.2975, 0.9575, 4.595, 3.255, 1.915, 0.5725, 4.2125, 2.8725, 1.53, 0.19, 3.83, 2.49, 1.1475, 4.7875, 3.4475, 2.105, 0.765, 4.405, 3.0625, 1.7225, 0.3825, 4.02, 2.68, 1.34, 0, 3.6375, 2.2975, 0.9575, 4.595, 3.255, 1.915, 0.5725, 4.2125, 2.8725, 1.53, 0.19, 3.83, 2.49, 1.1475, 4.7875, 3.4475, 2.105, 0.765, 4.405, 3.0625, 1.7225, 0.3825, 4.02, 2.68, 1.34], "SoftwareVersions": "syngo MR D11", "SpacingBetweenSlices": 1.7, "StationName": "AWP45239", "TotalReadoutTime": 0.0488955, "TxRefAmp": 348.031, "WipMemBlock": "5bf74cac-8480-49aa-99ff-8b6c9f0397b7||Sequence: VD11D r195; Nov 21 2012 15:37:02 by eja", "dcmmeta_affine": [[-1.7421875, -3.573285833891049e-10, 0.0, 115.73728942871094], [-3.573285833891049e-10, 1.7421875, 0.0, -118.83771514892578], [0.0, 0.0, 1.7000000476837158, -21.866464614868164], [0.0, 0.0, 0.0, 1.0]], "dcmmeta_reorient_transform": [[0.0, -1.0, 0.0, 127.0], [1.0, 0.0, 0.0, 0.0], [0.0, 0.0, 1.0, 0.0], [0.0, 0.0, 0.0, 1.0]], "dcmmeta_shape": [128, 128, 78, 64], "dcmmeta_slice_dim": 2, "dcmmeta_version": 0.6, "global": {"const": {"AcquisitionMatrix": [0, 128, 128, 0], "AngioFlag": "N", "BitsAllocated": 16, "BitsStored": 16, "BodyPartExamined": "BRAIN", "Columns": 1152, "EchoNumbers": 1, "EchoTime": 92.0, "EchoTrainLength": 51, "FlipAngle": 90.0, "HighBit": 15, "ImageOrientationPatient": [1.0, 2.051034e-10, 0.0, -2.051034e-10, 1.0, 0.0], "ImagePositionPatient": [-1007.7372877924, -994.42009660322, -21.866464614868], "ImageType": ["ORIGINAL", "PRIMARY", "DIFFUSION", "NONE", "ND", "NORM", "MOSAIC"], "ImagedNucleus": "1H", "ImagingFrequency": 123.193419, "InPlanePhaseEncodingDirection": "ROW", "MRAcquisitionType": "2D", "MagneticFieldStrength": 3.0, "Manufacturer": "SIEMENS", "ManufacturerModelName": "Skyra", "Modality": "MR", "NumberOfAverages": 1.0, "NumberOfPhaseEncodingSteps": 102, "PercentPhaseFieldOfView": 100.0, "PercentSampling": 100.0, "PerformedProcedureStepStartTime": "071256.062000", "PhotometricInterpretation": "MONOCHROME2", "PixelBandwidth": 1630.0, "PixelRepresentation": 0, "PixelSpacing": [1.7421875, 1.7421875], "ProtocolName": "MBEPI with MDDW L-R", "RepetitionTime": 5000.0, "Rows": 1152, "SAR": 0.14146623766593, "SamplesPerPixel": 1, "ScanOptions": ["PFP", "FS"], "ScanningSequence": "EP", "SequenceVariant": "SK", "SeriesDescription": "MBEPI with MDDW L-R", "SeriesNumber": 16, "SeriesTime": "075247.781000", "SliceLocation": -21.866464614868, "SliceThickness": 1.7000000476837, "SmallestImagePixelValue": 0, "SoftwareVersions": "syngo MR D11", "SpacingBetweenSlices": 1.7000000445874, "SpecificCharacterSet": "ISO_IR 100", "StudyID": "1", "StudyTime": "071256.031000", "TransmitCoilName": "Body", "VariableFlipAngleFlag": "N", "WindowCenterWidthExplanation": "Algo1", "dBdt": 0.0}, "slices": {}}, "time": {"samples": {"AcquisitionNumber": [1, 2, 3, 4, 5, 6, 7, 8, 9, 10, 11, 12, 13, 14, 15, 16, 17, 18, 19, 20, 21, 22, 23, 24, 25, 26, 27, 28, 29, 30, 31, 32, 33, 34, 35, 36, 37, 38, 39, 40, 41, 42, 43, 44, 45, 46, 47, 48, 49, 50, 51, 52, 53, 54, 55, 56, 57, 58, 59, 60, 61, 62, 63, 64], "AcquisitionTime": ["075116.455000", "075246.455000", "075251.455000", "075256.455000", "075301.455000", "075306.455000", "075311.455000", "075316.455000", "075321.455000", "075326.455000", "075331.455000", "075336.455000", "075341.455000", "075346.455000", "075351.455000", "075356.455000", "075401.455000", "075406.455000", "075411.455000", "075416.455000", "075421.455000", "075426.455000", "075431.455000", "075436.455000", "075441.455000", "075446.455000", "075451.455000", "075456.455000", "075501.455000", "075506.455000", "075511.455000", "075516.455000", "075521.455000", "075526.455000", "075531.455000", "075536.455000", "075541.455000", "075546.455000", "075551.455000", "075556.455000", "075601.455000", "075606.455000", "075611.455000", "075616.455000", "075621.455000", "075626.455000", "075631.455000", "075636.455000", "075641.455000", "075646.455000", "075651.455000", "075656.455000", "075701.455000", "075706.455000", "075711.455000", "075716.455000", "075721.455000", "075726.455000", "075731.455000", "075736.455000", "075741.455000", "075746.455000", "075751.455000", "075756.455000"], "ContentTime": ["075247.781000", "075254.625000", "075259.625000", "075304.625000", "075309.625000", "075314.625000", "075319.625000", "075324.625000", "075329.625000", "075334.625000", "075339.625000", "075344.625000", "075349.625000", "075354.625000", "075359.625000", "075404.625000", "075409.625000", "075414.625000", "075419.625000", "075424.625000", "075429.625000", "075434.625000", "075439.625000", "075444.625000", "075449.625000", "075454.625000", "075459.625000", "075504.625000", "075509.625000", "075514.625000", "075519.625000", "075524.625000", "075529.625000", "075534.625000", "075539.625000", "075544.625000", "075549.625000", "075554.625000", "075559.625000", "075604.625000", "075609.625000", "075614.625000", "075619.625000", "075624.625000", "075629.625000", "075634.625000", "075639.625000", "075644.625000", "075649.625000", "075654.625000", "075659.625000", "075704.625000", "075709.625000", "075714.625000", "075719.625000", "075724.625000", "075729.625000", "075734.625000", "075739.625000", "075744.625000", "075749.625000", "075754.625000", "075759.625000", "075802.234000"], "InstanceCreationTime": ["075247.781000", "075254.625000", "075259.625000", "075304.625000", "075309.625000", "075314.625000", "075319.625000", "075324.625000", "075329.625000", "075334.625000", "075339.625000", "075344.625000", "075349.625000", "075354.625000", "075359.625000", "075404.625000", "075409.625000", "075414.625000", "075419.625000", "075424.625000", "075429.625000", "075434.625000", "075439.625000", "075444.625000", "075449.625000", "075454.625000", "075459.625000", "075504.625000", "075509.625000", "075514.625000", "075519.625000", "075524.625000", "075529.625000", "075534.625000", "075539.625000", "075544.625000", "075549.625000", "075554.625000", "075559.625000", "075604.625000", "075609.625000", "075614.625000", "075619.625000", "075624.625000", "075629.625000", "075634.625000", "075639.625000", "075644.625000", "075649.625000", "075654.625000", "075659.625000", "075704.625000", "075709.625000", "075714.625000", "075719.625000", "075724.625000", "075729.625000", "075734.625000", "075739.625000", "075744.625000", "075749.625000", "075754.625000", "075759.625000", "075802.234000"], "InstanceNumber": [1, 2, 3, 4, 5, 6, 7, 8, 9, 10, 11, 12, 13, 14, 15, 16, 17, 18, 19, 20, 21, 22, 23, 24, 25, 26, 27, 28, 29, 30, 31, 32, 33, 34, 35, 36, 37, 38, 39, 40, 41, 42, 43, 44, 45, 46, 47, 48, 49, 50, 51, 52, 53, 54, 55, 56, 57, 58, 59, 60, 61, 62, 63, 64], "LargestImagePixelValue": [65535, 28818, 28213, 30358, 25639, 24769, 25640, 27511, 30753, 28196, 23608, 25137, 30157, 24230, 28971, 29028, 65535, 24266, 22484, 27649, 30026, 31647, 28212, 23350, 22474, 25887, 27424, 27685, 27076, 29061, 28738, 27072, 65535, 13887, 14269, 18194, 13841, 11629, 12373, 12141, 16259, 14978, 12518, 12278, 16254, 13880, 14951, 14817, 65535, 14450, 11353, 14292, 14926, 17500, 17243, 13183, 11363, 11861, 15800, 15679, 14347, 15791, 15467, 16225], "SequenceName": ["ep_b5#1", "ep_b995#2", "ep_b995#3", "ep_b995#4", "ep_b995#5", "ep_b1000#6", "ep_b1000#7", "ep_b995#8", "ep_b995#9", "ep_b995#10", "ep_b1000#11", "ep_b1000#12", "ep_b1005#13", "ep_b1005#14", "ep_b1000#15", "ep_b1005#16", "ep_b5#17", "ep_b1005#18", "ep_b1000#19", "ep_b1005#20", "ep_b1005#21", "ep_b995#22", "ep_b1005#23", "ep_b1000#24", "ep_b1000#25", "ep_b1000#26", "ep_b995#27", "ep_b995#28", "ep_b995#29", "ep_b1000#30", "ep_b1005#31", "ep_b1000#32", "ep_b5#1", "ep_b1990#2", "ep_b1990#3", "ep_b1990#4", "ep_b1995#5", "ep_b1995#6", "ep_b2000#7", "ep_b1995#8", "ep_b1990#9", "ep_b1995#10", "ep_b2000#11", "ep_b2000#12", "ep_b2010#13", "ep_b2005#14", "ep_b2000#15", "ep_b2005#16", "ep_b5#17", "ep_b2005#18", "ep_b2005#19", "ep_b2005#20", "ep_b2010#21", "ep_b1990#22", "ep_b2010#23", "ep_b2000#24", "ep_b2000#25", "ep_b1995#26", "ep_b1995#27", "ep_b1995#28", "ep_b1995#29", "ep_b2000#30", "ep_b2005#31", "ep_b2000#32"], "WindowCenter": [8070.0, 3598.0, 3608.0, 3637.0, 3584.0, 3594.0, 3638.0, 3619.0, 3631.0, 3636.0, 3618.0, 3619.0, 3640.0, 3623.0, 3666.0, 3636.0, 8098.0, 3639.0, 3652.0, 3656.0, 3651.0, 3658.0, 3633.0, 3643.0, 3606.0, 3605.0, 3590.0, 3651.0, 3621.0, 3651.0, 3681.0, 3683.0, 8095.0, 2348.0, 2341.0, 2430.0, 2341.0, 2343.0, 2379.0, 2365.0, 2408.0, 2426.0, 2378.0, 2380.0, 2431.0, 2423.0, 2427.0, 2441.0, 8062.0, 2434.0, 2412.0, 2446.0, 2432.0, 2452.0, 2432.0, 2402.0, 2378.0, 2342.0, 2363.0, 2432.0, 2383.0, 2412.0, 2479.0, 2490.0], "WindowWidth": [17732.0, 8189.0, 8202.0, 8257.0, 8158.0, 8165.0, 8267.0, 8231.0, 8262.0, 8272.0, 8225.0, 8208.0, 8266.0, 8243.0, 8328.0, 8273.0, 17806.0, 8250.0, 8279.0, 8289.0, 8276.0, 8312.0, 8269.0, 8265.0, 8189.0, 8180.0, 8159.0, 8285.0, 8221.0, 8274.0, 8341.0, 8342.0, 17801.0, 5672.0, 5649.0, 5831.0, 5645.0, 5658.0, 5738.0, 5711.0, 5798.0, 5840.0, 5736.0, 5746.0, 5832.0, 5824.0, 5845.0, 5869.0, 17714.0, 5840.0, 5819.0, 5866.0, 5833.0, 5887.0, 5836.0, 5776.0, 5738.0, 5654.0, 5680.0, 5836.0, 5732.0, 5788.0, 5945.0, 5955.0]}, "slices": {}}}