{"AcquisitionMatrixPE": 128, "AcquisitionNumber": 1, "AcquisitionTime": "07:43:54.637500", "BandwidthPerPixelPhaseEncode": 20.292, "BaseResolution": 128, "BodyPartExamined": "BRAIN", "ConsistencyInfo": "N4_VD11D_LATEST_20110129", "ConversionSoftware": "dcm2niix", "ConversionSoftwareVersion": "v1.0.20210317", "DerivedVendorReportedEchoSpacing": 0.000770008, "DeviceSerialNumber": "45239", "DiffusionScheme": "Monopolar", "DwellTime": 2.4e-06, "EchoTime": 0.092, "EchoTrainLength": 51, "EffectiveEchoSpacing": 0.000385004, "FlipAngle": 90, "ImageComments": "Unaliased MB3/PE3", "ImageOrientationPatientDICOM": [1, -2.05103e-10, 0, 2.05103e-10, 1, 0], "ImageType": ["ORIGINAL", "PRIMARY", "DIFFUSION", "NONE", "ND", "NORM", "MOSAIC"], "ImagingFrequency": 123.193, "InPlanePhaseEncodingDirectionDICOM": "ROW", "InstitutionAddress": "E 24th St. 100,Austin,Southmiddle,US,78712", "InstitutionName": "Univ of Texas at Austin", "InstitutionalDepartmentName": "IRC", "MRAcquisitionType": "2D", "MagneticFieldStrength": 3, "Manufacturer": "Siemens", "ManufacturersModelName": "Skyra", "Modality": "MR", "MultibandAccelerationFactor": 3, "ParallelReductionFactorInPlane": 2, "PartialFourier": 0.75, "PatientPosition": "HFS", "PercentPhaseFOV": 100, "PercentSampling": 100, "PhaseEncodingDirection": "i", "PhaseEncodingSteps": 102, "PhaseResolution": 1, "PixelBandwidth": 1630, "ProcedureStepDescription": "Poldrack2^self-scanning", "ProtocolName": "MBEPI with MDDW R-L", "PulseSequenceDetails": "%CustomerSeq%\\cmrr_mbep2d_diff", "ReceiveCoilActiveElements": "HEA;HEP", "ReceiveCoilName": "Head_32", "ReconMatrixPE": 128, "RefLinesPE": 76, "RepetitionTime": 5, "SAR": 0.141466, "ScanOptions": "PFP\\FS", "ScanningSequence": "EP", "SequenceName": "ep_b5#1", "SequenceVariant": "SK", "SeriesDescription": "MBEPI with MDDW R-L", "SeriesNumber": 13, "ShimSetting": [-2780, 8057, -15479, 113, -227, 110, 245, -143], "SliceThickness": 1.7, "SliceTiming": [0, 3.6375, 2.2975, 0.9575, 4.595, 3.255, 1.915, 0.5725, 4.2125, 2.8725, 1.53, 0.19, 3.83, 2.49, 1.1475, 4.7875, 3.4475, 2.105, 0.765, 4.405, 3.0625, 1.7225, 0.3825, 4.02, 2.68, 1.34, 0, 3.6375, 2.2975, 0.9575, 4.595, 3.255, 1.915, 0.5725, 4.2125, 2.8725, 1.53, 0.19, 3.83, 2.49, 1.1475, 4.7875, 3.4475, 2.105, 0.765, 4.405, 3.0625, 1.7225, 0.3825, 4.02, 2.68, 1.34, 0, 3.6375, 2.2975, 0.9575, 4.595, 3.255, 1.915, 0.5725, 4.2125, 2.8725, 1.53, 0.19, 3.83, 2.49, 1.1475, 4.7875, 3.4475, 2.105, 0.765, 4.405, 3.0625, 1.7225, 0.3825, 4.02, 2.68, 1.34], "SoftwareVersions": "syngo MR D11", "SpacingBetweenSlices": 1.7, "StationName": "AWP45239", "TotalReadoutTime": 0.0488955, "TxRefAmp": 348.031, "WipMemBlock": "8624f138-1fce-485d-899e-b34ed3eef0ea||Sequence: VD11D r195; Nov 21 2012 15:37:02 by eja", "dcmmeta_affine": [[-1.7421875, 3.573285833891049e-10, 0.0, 115.73728942871094], [3.573285833891049e-10, 1.7421875, 0.0, -118.83771514892578], [0.0, 0.0, 1.7000000476837158, -21.866464614868164], [0.0, 0.0, 0.0, 1.0]], "dcmmeta_reorient_transform": [[0.0, -1.0, 0.0, 127.0], [1.0, 0.0, 0.0, 0.0], [0.0, 0.0, 1.0, 0.0], [0.0, 0.0, 0.0, 1.0]], "dcmmeta_shape": [128, 128, 78, 64], "dcmmeta_slice_dim": 2, "dcmmeta_version": 0.6, "global": {"const": {"AcquisitionMatrix": [0, 128, 128, 0], "AngioFlag": "N", "BitsAllocated": 16, "BitsStored": 16, "BodyPartExamined": "BRAIN", "Columns": 1152, "EchoNumbers": 1, "EchoTime": 92.0, "EchoTrainLength": 51, "FlipAngle": 90.0, "HighBit": 15, "ImageOrientationPatient": [1.0, -2.051034e-10, 0.0, 2.051034e-10, 1.0, 0.0], "ImagePositionPatient": [-1007.737288204, -994.42009619158, -21.866464614868], "ImageType": ["ORIGINAL", "PRIMARY", "DIFFUSION", "NONE", "ND", "NORM", "MOSAIC"], "ImagedNucleus": "1H", "ImagingFrequency": 123.193406, "InPlanePhaseEncodingDirection": "ROW", "MRAcquisitionType": "2D", "MagneticFieldStrength": 3.0, "Manufacturer": "SIEMENS", "ManufacturerModelName": "Skyra", "Modality": "MR", "NumberOfAverages": 1.0, "NumberOfPhaseEncodingSteps": 102, "PercentPhaseFieldOfView": 100.0, "PercentSampling": 100.0, "PerformedProcedureStepStartTime": "071256.062000", "PhotometricInterpretation": "MONOCHROME2", "PixelBandwidth": 1630.0, "PixelRepresentation": 0, "PixelSpacing": [1.7421875, 1.7421875], "ProtocolName": "MBEPI with MDDW R-L", "RepetitionTime": 5000.0, "Rows": 1152, "SAR": 0.14146623766593, "SamplesPerPixel": 1, "ScanOptions": ["PFP", "FS"], "ScanningSequence": "EP", "SequenceVariant": "SK", "SeriesDescription": "MBEPI with MDDW R-L", "SeriesNumber": 13, "SeriesTime": "074526.093000", "SliceLocation": -21.866464614868, "SliceThickness": 1.7000000476837, "SmallestImagePixelValue": 0, "SoftwareVersions": "syngo MR D11", "SpacingBetweenSlices": 1.7000000445874, "SpecificCharacterSet": "ISO_IR 100", "StudyID": "1", "StudyTime": "071256.031000", "TransmitCoilName": "Body", "VariableFlipAngleFlag": "N", "WindowCenterWidthExplanation": "Algo1", "dBdt": 0.0}, "slices": {}}, "time": {"samples": {"AcquisitionNumber": [1, 2, 3, 4, 5, 6, 7, 8, 9, 10, 11, 12, 13, 14, 15, 16, 17, 18, 19, 20, 21, 22, 23, 24, 25, 26, 27, 28, 29, 30, 31, 32, 33, 34, 35, 36, 37, 38, 39, 40, 41, 42, 43, 44, 45, 46, 47, 48, 49, 50, 51, 52, 53, 54, 55, 56, 57, 58, 59, 60, 61, 62, 63, 64], "AcquisitionTime": ["074354.637500", "074524.637500", "074529.637500", "074534.637500", "074539.637500", "074544.637500", "074549.637500", "074554.637500", "074559.637500", "074604.637500", "074609.637500", "074614.637500", "074619.637500", "074624.637500", "074629.637500", "074634.637500", "074639.637500", "074644.637500", "074649.637500", "074654.637500", "074659.637500", "074704.637500", "074709.637500", "074714.637500", "074719.637500", "074724.637500", "074729.637500", "074734.637500", "074739.637500", "074744.637500", "074749.637500", "074754.637500", "074759.637500", "074804.637500", "074809.637500", "074814.637500", "074819.637500", "074824.637500", "074829.637500", "074834.637500", "074839.637500", "074844.637500", "074849.637500", "074854.637500", "074859.637500", "074904.637500", "074909.637500", "074914.637500", "074919.637500", "074924.637500", "074929.637500", "074934.637500", "074939.637500", "074944.637500", "074949.637500", "074954.637500", "074959.637500", "075004.637500", "075009.637500", "075014.637500", "075019.637500", "075024.637500", "075029.637500", "075034.637500"], "ContentTime": ["074526.109000", "074534.546000", "074539.546000", "074544.546000", "074549.546000", "074554.546000", "074559.546000", "074604.546000", "074609.546000", "074614.546000", "074619.546000", "074624.546000", "074629.546000", "074634.546000", "074639.546000", "074644.546000", "074649.546000", "074654.546000", "074659.546000", "074704.546000", "074709.546000", "074714.546000", "074719.546000", "074724.546000", "074729.546000", "074734.546000", "074739.546000", "074744.546000", "074749.546000", "074754.546000", "074759.546000", "074804.546000", "074809.546000", "074814.546000", "074819.546000", "074824.546000", "074829.546000", "074834.546000", "074839.546000", "074844.546000", "074849.546000", "074854.546000", "074859.546000", "074904.546000", "074909.546000", "074914.546000", "074919.546000", "074924.546000", "074929.546000", "074934.546000", "074939.546000", "074944.546000", "074949.546000", "074954.546000", "074959.546000", "075004.546000", "075009.546000", "075014.546000", "075019.546000", "075024.546000", "075029.546000", "075034.546000", "075039.546000", "075040.671000"], "InstanceCreationTime": ["074526.109000", "074534.546000", "074539.546000", "074544.546000", "074549.546000", "074554.546000", "074559.546000", "074604.546000", "074609.546000", "074614.546000", "074619.546000", "074624.546000", "074629.546000", "074634.546000", "074639.546000", "074644.546000", "074649.546000", "074654.546000", "074659.546000", "074704.546000", "074709.546000", "074714.546000", "074719.546000", "074724.546000", "074729.546000", "074734.546000", "074739.546000", "074744.546000", "074749.546000", "074754.546000", "074759.546000", "074804.546000", "074809.546000", "074814.546000", "074819.546000", "074824.546000", "074829.546000", "074834.546000", "074839.546000", "074844.546000", "074849.546000", "074854.546000", "074859.546000", "074904.546000", "074909.546000", "074914.546000", "074919.546000", "074924.546000", "074929.546000", "074934.546000", "074939.546000", "074944.546000", "074949.546000", "074954.546000", "074959.546000", "075004.546000", "075009.546000", "075014.546000", "075019.546000", "075024.546000", "075029.546000", "075034.546000", "075039.546000", "075040.671000"], "InstanceNumber": [1, 2, 3, 4, 5, 6, 7, 8, 9, 10, 11, 12, 13, 14, 15, 16, 17, 18, 19, 20, 21, 22, 23, 24, 25, 26, 27, 28, 29, 30, 31, 32, 33, 34, 35, 36, 37, 38, 39, 40, 41, 42, 43, 44, 45, 46, 47, 48, 49, 50, 51, 52, 53, 54, 55, 56, 57, 58, 59, 60, 61, 62, 63, 64], "LargestImagePixelValue": [65535, 19569, 20309, 21523, 18922, 16749, 20072, 18898, 20330, 20106, 19833, 18379, 21698, 20732, 20905, 21275, 65535, 19284, 18051, 20276, 20602, 22394, 21249, 19614, 18405, 19676, 19931, 21780, 21395, 21159, 20539, 20149, 65535, 11109, 11610, 12365, 10146, 9557, 10441, 10073, 12249, 10497, 9716, 9231, 12811, 11095, 10672, 12184, 65535, 11625, 9507, 10457, 11286, 13165, 11657, 11016, 10349, 10320, 10421, 12853, 12493, 12105, 11750, 12018], "SequenceName": ["ep_b5#1", "ep_b995#2", "ep_b995#3", "ep_b995#4", "ep_b995#5", "ep_b1000#6", "ep_b1000#7", "ep_b995#8", "ep_b995#9", "ep_b995#10", "ep_b1000#11", "ep_b1000#12", "ep_b1005#13", "ep_b1005#14", "ep_b1000#15", "ep_b1005#16", "ep_b5#17", "ep_b1005#18", "ep_b1000#19", "ep_b1005#20", "ep_b1005#21", "ep_b995#22", "ep_b1005#23", "ep_b1000#24", "ep_b1000#25", "ep_b1000#26", "ep_b995#27", "ep_b995#28", "ep_b995#29", "ep_b1000#30", "ep_b1005#31", "ep_b1000#32", "ep_b5#1", "ep_b1990#2", "ep_b1990#3", "ep_b1990#4", "ep_b1995#5", "ep_b1995#6", "ep_b2000#7", "ep_b1995#8", "ep_b1990#9", "ep_b1995#10", "ep_b2000#11", "ep_b2000#12", "ep_b2010#13", "ep_b2005#14", "ep_b2000#15", "ep_b2005#16", "ep_b5#17", "ep_b2005#18", "ep_b2005#19", "ep_b2005#20", "ep_b2010#21", "ep_b1990#22", "ep_b2010#23", "ep_b2000#24", "ep_b2000#25", "ep_b1995#26", "ep_b1995#27", "ep_b1995#28", "ep_b1995#29", "ep_b2000#30", "ep_b2005#31", "ep_b2000#32"], "WindowCenter": [8153.0, 3556.0, 3566.0, 3593.0, 3540.0, 3553.0, 3627.0, 3585.0, 3588.0, 3613.0, 3615.0, 3596.0, 3600.0, 3632.0, 3632.0, 3643.0, 8146.0, 3604.0, 3600.0, 3594.0, 3577.0, 3622.0, 3565.0, 3594.0, 3583.0, 3584.0, 3548.0, 3623.0, 3567.0, 3582.0, 3607.0, 3617.0, 8143.0, 2316.0, 2321.0, 2382.0, 2303.0, 2305.0, 2363.0, 2336.0, 2376.0, 2382.0, 2351.0, 2340.0, 2403.0, 2391.0, 2416.0, 2441.0, 8128.0, 2396.0, 2360.0, 2372.0, 2383.0, 2410.0, 2367.0, 2352.0, 2352.0, 2322.0, 2304.0, 2411.0, 2350.0, 2380.0, 2413.0, 2418.0], "WindowWidth": [17905.0, 8089.0, 8121.0, 8172.0, 8056.0, 8078.0, 8221.0, 8141.0, 8151.0, 8197.0, 8202.0, 8160.0, 8177.0, 8242.0, 8243.0, 8260.0, 17879.0, 8185.0, 8173.0, 8173.0, 8140.0, 8233.0, 8117.0, 8169.0, 8141.0, 8141.0, 8083.0, 8236.0, 8129.0, 8155.0, 8196.0, 8232.0, 17879.0, 5599.0, 5611.0, 5740.0, 5577.0, 5589.0, 5700.0, 5648.0, 5719.0, 5744.0, 5684.0, 5672.0, 5768.0, 5758.0, 5829.0, 5867.0, 17819.0, 5768.0, 5721.0, 5732.0, 5744.0, 5799.0, 5710.0, 5686.0, 5689.0, 5621.0, 5578.0, 5803.0, 5677.0, 5736.0, 5813.0, 5830.0]}, "slices": {}}}