{"AcquisitionMatrixPE": 96, "AcquisitionNumber": 1, "AcquisitionTime": "07:36:23.417500", "BandwidthPerPixelPhaseEncode": 33.602, "BaseResolution": 96, "BodyPartExamined": "BRAIN", "ConsistencyInfo": "N4_VD11D_LATEST_20110129", "ConversionSoftware": "dcm2niix", "ConversionSoftwareVersion": "v1.0.20210317", "DerivedVendorReportedEchoSpacing": 0.000620003, "DeviceSerialNumber": "45239", "DwellTime": 2.6e-06, "EchoTime": 0.03, "EchoTrainLength": 48, "EffectiveEchoSpacing": 0.000310001, "FlipAngle": 63, "ImageComments": "Unaliased MB4/PE3", "ImageOrientationPatientDICOM": [0.998598, 0.0144096, 0.0509276, 0.015544, 0.839946, -0.542448], "ImageType": ["ORIGINAL", "PRIMARY", "M", "ND", "NORM", "MOSAIC"], "ImagingFrequency": 123.193, "InPlanePhaseEncodingDirectionDICOM": "COL", "InstitutionAddress": "E 24th St. 100,Austin,Southmiddle,US,78712", "InstitutionName": "Univ of Texas at Austin", "InstitutionalDepartmentName": "IRC", "MRAcquisitionType": "2D", "MagneticFieldStrength": 3, "Manufacturer": "Siemens", "ManufacturersModelName": "Skyra", "Modality": "MR", "MultibandAccelerationFactor": 4, "ParallelReductionFactorInPlane": 2, "PartialFourier": 1, "PatientPosition": "HFS", "PercentPhaseFOV": 100, "PercentSampling": 100, "PhaseEncodingDirection": "j-", "PhaseEncodingSteps": 96, "PhaseResolution": 1, "PixelBandwidth": 2005, "ProcedureStepDescription": "Poldrack2^self-scanning", "ProtocolName": "Resting State fMRI MBEPI_matrix96_BW2004", "PulseSequenceDetails": "%CustomerSeq%\\cmrr_mbep2d_bold", "ReceiveCoilActiveElements": "HEA;HEP", "ReceiveCoilName": "Head_32", "ReconMatrixPE": 96, "RefLinesPE": 94, "RepetitionTime": 1.16, "SAR": 0.116269, "ScanOptions": "FS", "ScanningSequence": "EP", "SequenceName": "epfid2d1_96", "SequenceVariant": "SK", "SeriesDescription": "Resting State fMRI MBEPI_matrix96_BW2004", "SeriesNumber": 11, "ShimSetting": [-2778, 8050, -15459, 103, -218, 86, 232, -103], "SliceThickness": 2, "SliceTiming": [0, 0.6125, 0.0675, 0.68, 0.135, 0.75, 0.2025, 0.8175, 0.2725, 0.885, 0.34, 0.9525, 0.4075, 1.0225, 0.4775, 1.09, 0.545, 0, 0.6125, 0.0675, 0.68, 0.135, 0.75, 0.2025, 0.8175, 0.2725, 0.885, 0.34, 0.9525, 0.4075, 1.0225, 0.4775, 1.09, 0.545, 0, 0.6125, 0.0675, 0.68, 0.135, 0.75, 0.2025, 0.8175, 0.2725, 0.885, 0.34, 0.9525, 0.4075, 1.0225, 0.4775, 1.09, 0.545, 0, 0.6125, 0.0675, 0.68, 0.135, 0.75, 0.2025, 0.8175, 0.2725, 0.885, 0.34, 0.9525, 0.4075, 1.0225, 0.4775, 1.09, 0.545], "SoftwareVersions": "syngo MR D11", "SpacingBetweenSlices": 2.4, "StationName": "AWP45239", "TaskName": "Resting fmri", "TotalReadoutTime": 0.0294501, "TxRefAmp": 353.054, "WipMemBlock": "7cce32b8-97d2-4609-8e0b-e532e475ba59||Sequence: VD11D r154; May 23 2012 22:27:19 by eja", "dcmmeta_affine": [[-2.392475128173828, 0.03724090754985809, 0.12142302840948105, 109.52722930908203], [-0.03452310711145401, 2.0123703479766846, -1.3019492626190186, -69.94779205322266], [0.1220141127705574, 1.2996138334274292, 2.012507200241089, -92.95832061767578], [0.0, 0.0, 0.0, 1.0]], "dcmmeta_reorient_transform": [[0.0, -1.0, 0.0, 95.0], [1.0, 0.0, 0.0, 0.0], [0.0, 0.0, 1.0, 0.0], [0.0, 0.0, 0.0, 1.0]], "dcmmeta_shape": [96, 96, 68, 518], "dcmmeta_slice_dim": 2, "dcmmeta_version": 0.6, "global": {"const": {"AcquisitionMatrix": [96, 0, 0, 96], "AngioFlag": "N", "BitsAllocated": 16, "BitsStored": 16, "BodyPartExamined": "BRAIN", "Columns": 864, "EchoNumbers": 1, "EchoTime": 30.0, "EchoTrainLength": 48, "FlipAngle": 63.0, "HighBit": 15, "ImageOrientationPatient": [0.99859838705041, 0.01440964559054, 0.05092762996919, 0.01554403072231, 0.83994587619452, -0.5424475165145], "ImagePositionPatient": [-1046.0761073536, -907.23443908776, 482.70326932792], "ImageType": ["ORIGINAL", "PRIMARY", "M", "ND", "NORM", "MOSAIC"], "ImagedNucleus": "1H", "ImagingFrequency": 123.193309, "InPlanePhaseEncodingDirection": "COL", "MRAcquisitionType": "2D", "MagneticFieldStrength": 3.0, "Manufacturer": "SIEMENS", "ManufacturerModelName": "Skyra", "Modality": "MR", "NumberOfAverages": 1.0, "NumberOfPhaseEncodingSteps": 96, "PercentPhaseFieldOfView": 100.0, "PercentSampling": 100.0, "PerformedProcedureStepStartTime": "072157.046000", "PhotometricInterpretation": "MONOCHROME2", "PixelBandwidth": 2005.0, "PixelRepresentation": 0, "PixelSpacing": [2.3958332538605, 2.3958332538605], "ProtocolName": "Resting State fMRI MBEPI_matrix96_BW2004", "RepetitionTime": 1160.0, "Rows": 864, "SAR": 0.11626883822613, "SamplesPerPixel": 1, "ScanOptions": "FS", "ScanningSequence": "EP", "SequenceName": "epfid2d1_96", "SequenceVariant": "SK", "SeriesDescription": "Resting State fMRI MBEPI_matrix96_BW2004", "SeriesNumber": 11, "SeriesTime": "073710.203000", "SliceLocation": -34.463201468143, "SliceThickness": 2.0, "SmallestImagePixelValue": 0, "SoftwareVersions": "syngo MR D11", "SpacingBetweenSlices": 2.4000000158983, "SpecificCharacterSet": "ISO_IR 100", "StudyID": "1", "StudyTime": "072157.000000", "TransmitCoilName": "Body", "VariableFlipAngleFlag": "N", "WindowCenterWidthExplanation": "Algo1", "dBdt": 0.0}, "slices": {}}, "time": {"samples": {"AcquisitionNumber": [1, 2, 3, 4, 5, 6, 7, 8, 9, 10, 11, 12, 13, 14, 15, 16, 17, 18, 19, 20, 21, 22, 23, 24, 25, 26, 27, 28, 29, 30, 31, 32, 33, 34, 35, 36, 37, 38, 39, 40, 41, 42, 43, 44, 45, 46, 47, 48, 49, 50, 51, 52, 53, 54, 55, 56, 57, 58, 59, 60, 61, 62, 63, 64, 65, 66, 67, 68, 69, 70, 71, 72, 73, 74, 75, 76, 77, 78, 79, 80, 81, 82, 83, 84, 85, 86, 87, 88, 89, 90, 91, 92, 93, 94, 95, 96, 97, 98, 99, 100, 101, 102, 103, 104, 105, 106, 107, 108, 109, 110, 111, 112, 113, 114, 115, 116, 117, 118, 119, 120, 121, 122, 123, 124, 125, 126, 127, 128, 129, 130, 131, 132, 133, 134, 135, 136, 137, 138, 139, 140, 141, 142, 143, 144, 145, 146, 147, 148, 149, 150, 151, 152, 153, 154, 155, 156, 157, 158, 159, 160, 161, 162, 163, 164, 165, 166, 167, 168, 169, 170, 171, 172, 173, 174, 175, 176, 177, 178, 179, 180, 181, 182, 183, 184, 185, 186, 187, 188, 189, 190, 191, 192, 193, 194, 195, 196, 197, 198, 199, 200, 201, 202, 203, 204, 205, 206, 207, 208, 209, 210, 211, 212, 213, 214, 215, 216, 217, 218, 219, 220, 221, 222, 223, 224, 225, 226, 227, 228, 229, 230, 231, 232, 233, 234, 235, 236, 237, 238, 239, 240, 241, 242, 243, 244, 245, 246, 247, 248, 249, 250, 251, 252, 253, 254, 255, 256, 257, 258, 259, 260, 261, 262, 263, 264, 265, 266, 267, 268, 269, 270, 271, 272, 273, 274, 275, 276, 277, 278, 279, 280, 281, 282, 283, 284, 285, 286, 287, 288, 289, 290, 291, 292, 293, 294, 295, 296, 297, 298, 299, 300, 301, 302, 303, 304, 305, 306, 307, 308, 309, 310, 311, 312, 313, 314, 315, 316, 317, 318, 319, 320, 321, 322, 323, 324, 325, 326, 327, 328, 329, 330, 331, 332, 333, 334, 335, 336, 337, 338, 339, 340, 341, 342, 343, 344, 345, 346, 347, 348, 349, 350, 351, 352, 353, 354, 355, 356, 357, 358, 359, 360, 361, 362, 363, 364, 365, 366, 367, 368, 369, 370, 371, 372, 373, 374, 375, 376, 377, 378, 379, 380, 381, 382, 383, 384, 385, 386, 387, 388, 389, 390, 391, 392, 393, 394, 395, 396, 397, 398, 399, 400, 401, 402, 403, 404, 405, 406, 407, 408, 409, 410, 411, 412, 413, 414, 415, 416, 417, 418, 419, 420, 421, 422, 423, 424, 425, 426, 427, 428, 429, 430, 431, 432, 433, 434, 435, 436, 437, 438, 439, 440, 441, 442, 443, 444, 445, 446, 447, 448, 449, 450, 451, 452, 453, 454, 455, 456, 457, 458, 459, 460, 461, 462, 463, 464, 465, 466, 467, 468, 469, 470, 471, 472, 473, 474, 475, 476, 477, 478, 479, 480, 481, 482, 483, 484, 485, 486, 487, 488, 489, 490, 491, 492, 493, 494, 495, 496, 497, 498, 499, 500, 501, 502, 503, 504, 505, 506, 507, 508, 509, 510, 511, 512, 513, 514, 515, 516, 517, 518], "AcquisitionTime": ["073623.417500", "073652.417500", "073653.577500", "073654.737500", "073655.897500", "073657.057500", "073658.217500", "073659.377500", "073700.537500", "073701.697500", "073702.857500", "073704.017500", "073705.177500", "073706.337500", "073707.497500", "073708.657500", "073709.817500", "073710.977500", "073712.137500", "073713.297500", "073714.457500", "073715.617500", "073716.777500", "073717.937500", "073719.097500", "073720.257500", "073721.417500", "073722.577500", "073723.737500", "073724.897500", "073726.057500", "073727.217500", "073728.377500", "073729.537500", "073730.697500", "073731.857500", "073733.017500", "073734.177500", "073735.337500", "073736.497500", "073737.657500", "073738.817500", "073739.977500", "073741.137500", "073742.297500", "073743.457500", "073744.617500", "073745.777500", "073746.937500", "073748.097500", "073749.257500", "073750.417500", "073751.577500", "073752.737500", "073753.897500", "073755.057500", "073756.217500", "073757.377500", "073758.537500", "073759.697500", "073800.857500", "073802.017500", "073803.177500", "073804.337500", "073805.497500", "073806.657500", "073807.817500", "073808.977500", "073810.137500", "073811.297500", "073812.457500", "073813.617500", "073814.777500", "073815.937500", "073817.097500", "073818.257500", "073819.417500", "073820.577500", "073821.737500", "073822.897500", "073824.057500", "073825.217500", "073826.377500", "073827.537500", "073828.697500", "073829.857500", "073831.017500", "073832.177500", "073833.337500", "073834.497500", "073835.657500", "073836.817500", "073837.977500", "073839.137500", "073840.297500", "073841.457500", "073842.617500", "073843.777500", "073844.937500", "073846.097500", "073847.257500", "073848.417500", "073849.577500", "073850.737500", "073851.897500", "073853.057500", "073854.217500", "073855.377500", "073856.537500", "073857.697500", "073858.857500", "073900.017500", "073901.177500", "073902.337500", "073903.497500", "073904.657500", "073905.817500", "073906.977500", "073908.137500", "073909.297500", "073910.457500", "073911.617500", "073912.777500", "073913.937500", "073915.097500", "073916.257500", "073917.417500", "073918.577500", "073919.737500", "073920.897500", "073922.057500", "073923.217500", "073924.377500", "073925.537500", "073926.697500", "073927.857500", "073929.017500", "073930.177500", "073931.337500", "073932.497500", "073933.657500", "073934.817500", "073935.977500", "073937.137500", "073938.297500", "073939.457500", "073940.617500", "073941.777500", "073942.937500", "073944.097500", "073945.257500", "073946.417500", "073947.577500", "073948.737500", "073949.897500", "073951.057500", "073952.217500", "073953.377500", "073954.537500", "073955.697500", "073956.857500", "073958.017500", "073959.177500", "074000.337500", "074001.497500", "074002.657500", "074003.817500", "074004.977500", "074006.137500", "074007.297500", "074008.457500", "074009.617500", "074010.777500", "074011.937500", "074013.097500", "074014.257500", "074015.417500", "074016.577500", "074017.737500", "074018.897500", "074020.057500", "074021.217500", "074022.377500", "074023.537500", "074024.697500", "074025.857500", "074027.017500", "074028.177500", "074029.337500", "074030.497500", "074031.657500", "074032.817500", "074033.977500", "074035.137500", "074036.297500", "074037.457500", "074038.617500", "074039.777500", "074040.937500", "074042.097500", "074043.257500", "074044.417500", "074045.577500", "074046.737500", "074047.897500", "074049.057500", "074050.217500", "074051.377500", "074052.537500", "074053.697500", "074054.857500", "074056.017500", "074057.177500", "074058.337500", "074059.497500", "074100.657500", "074101.817500", "074102.977500", "074104.137500", "074105.297500", "074106.457500", "074107.617500", "074108.777500", "074109.937500", "074111.097500", "074112.257500", "074113.417500", "074114.577500", "074115.737500", "074116.897500", "074118.057500", "074119.217500", "074120.377500", "074121.537500", "074122.697500", "074123.857500", "074125.017500", "074126.177500", "074127.337500", "074128.497500", "074129.657500", "074130.817500", "074131.977500", "074133.137500", "074134.297500", "074135.457500", "074136.617500", "074137.777500", "074138.937500", "074140.097500", "074141.257500", "074142.417500", "074143.577500", "074144.737500", "074145.897500", "074147.057500", "074148.217500", "074149.377500", "074150.537500", "074151.697500", "074152.857500", "074154.017500", "074155.177500", "074156.337500", "074157.497500", "074158.657500", "074159.817500", "074200.977500", "074202.137500", "074203.297500", "074204.457500", "074205.617500", "074206.777500", "074207.937500", "074209.097500", "074210.257500", "074211.417500", "074212.577500", "074213.737500", "074214.897500", "074216.057500", "074217.217500", "074218.377500", "074219.537500", "074220.697500", "074221.857500", "074223.017500", "074224.177500", "074225.337500", "074226.497500", "074227.657500", "074228.817500", "074229.977500", "074231.137500", "074232.297500", "074233.457500", "074234.617500", "074235.777500", "074236.937500", "074238.097500", "074239.257500", "074240.417500", "074241.577500", "074242.737500", "074243.897500", "074245.057500", "074246.217500", "074247.377500", "074248.537500", "074249.697500", "074250.857500", "074252.017500", "074253.177500", "074254.337500", "074255.497500", "074256.657500", "074257.817500", "074258.977500", "074300.137500", "074301.297500", "074302.457500", "074303.617500", "074304.777500", "074305.937500", "074307.097500", "074308.257500", "074309.417500", "074310.577500", "074311.737500", "074312.897500", "074314.057500", "074315.217500", "074316.377500", "074317.537500", "074318.697500", "074319.857500", "074321.017500", "074322.177500", "074323.337500", "074324.497500", "074325.657500", "074326.817500", "074327.977500", "074329.137500", "074330.297500", "074331.457500", "074332.617500", "074333.777500", "074334.937500", "074336.097500", "074337.257500", "074338.417500", "074339.577500", "074340.737500", "074341.897500", "074343.057500", "074344.217500", "074345.377500", "074346.537500", "074347.697500", "074348.857500", "074350.017500", "074351.177500", "074352.337500", "074353.497500", "074354.657500", "074355.817500", "074356.977500", "074358.137500", "074359.297500", "074400.457500", "074401.617500", "074402.777500", "074403.937500", "074405.097500", "074406.257500", "074407.417500", "074408.577500", "074409.737500", "074410.897500", "074412.057500", "074413.217500", "074414.377500", "074415.537500", "074416.697500", "074417.857500", "074419.017500", "074420.177500", "074421.337500", "074422.497500", "074423.657500", "074424.817500", "074425.977500", "074427.137500", "074428.297500", "074429.457500", "074430.617500", "074431.777500", "074432.937500", "074434.097500", "074435.257500", "074436.417500", "074437.577500", "074438.737500", "074439.897500", "074441.057500", "074442.217500", "074443.377500", "074444.537500", "074445.697500", "074446.857500", "074448.017500", "074449.177500", "074450.337500", "074451.497500", "074452.657500", "074453.817500", "074454.977500", "074456.137500", "074457.297500", "074458.457500", "074459.617500", "074500.777500", "074501.937500", "074503.097500", "074504.257500", "074505.417500", "074506.577500", "074507.737500", "074508.897500", "074510.057500", "074511.217500", "074512.377500", "074513.537500", "074514.697500", "074515.857500", "074517.017500", "074518.177500", "074519.337500", "074520.497500", "074521.657500", "074522.817500", "074523.977500", "074525.137500", "074526.297500", "074527.457500", "074528.617500", "074529.777500", "074530.937500", "074532.097500", "074533.257500", "074534.417500", "074535.577500", "074536.737500", "074537.897500", "074539.057500", "074540.217500", "074541.377500", "074542.537500", "074543.697500", "074544.857500", "074546.017500", "074547.177500", "074548.337500", "074549.497500", "074550.657500", "074551.817500", "074552.977500", "074554.137500", "074555.297500", "074556.457500", "074557.617500", "074558.777500", "074559.937500", "074601.097500", "074602.257500", "074603.417500", "074604.577500", "074605.737500", "074606.897500", "074608.057500", "074609.217500", "074610.377500", "074611.537500", "074612.697500", "074613.857500", "074615.017500", "074616.177500", "074617.337500", "074618.497500", "074619.657500", "074620.817500", "074621.977500", "074623.137500", "074624.297500", "074625.457500", "074626.617500", "074627.777500", "074628.937500", "074630.097500", "074631.257500", "074632.417500", "074633.577500", "074634.737500", "074635.897500", "074637.057500", "074638.217500", "074639.377500", "074640.537500", "074641.697500", "074642.857500", "074644.017500", "074645.177500", "074646.337500", "074647.497500", "074648.657500", "074649.817500", "074650.977500"], "ContentTime": ["073710.203000", "073719.671000", "073719.687000", "073719.687000", "073719.687000", "073719.687000", "073719.687000", "073724.671000", "073724.687000", "073729.671000", "073729.687000", "073729.687000", "073734.671000", "073734.687000", "073739.671000", "073739.687000", "073739.687000", "073744.671000", "073744.687000", "073749.671000", "073749.687000", "073749.687000", "073754.671000", "073754.687000", "073759.671000", "073759.687000", "073759.687000", "073804.671000", "073804.687000", "073804.687000", "073809.671000", "073809.687000", "073814.671000", "073814.687000", "073819.671000", "073819.687000", "073819.687000", "073824.671000", "073824.687000", "073829.671000", "073829.687000", "073829.687000", "073834.671000", "073834.687000", "073839.671000", "073839.687000", "073839.687000", "073844.671000", "073844.687000", "073849.671000", "073849.687000", "073849.687000", "073854.671000", "073854.687000", "073859.671000", "073859.687000", "073859.687000", "073904.671000", "073904.687000", "073909.671000", "073909.687000", "073909.687000", "073914.671000", "073914.687000", "073914.687000", "073919.671000", "073919.687000", "073924.671000", "073924.687000", "073924.687000", "073929.671000", "073929.687000", "073929.687000", "073934.671000", "073934.687000", "073939.671000", "073939.671000", "073939.687000", "073944.671000", "073944.687000", "073949.671000", "073949.687000", "073949.687000", "073954.671000", "073954.687000", "073959.671000", "073959.687000", "073959.687000", "074004.671000", "074004.687000", "074009.671000", "074009.687000", "074009.687000", "074014.671000", "074014.687000", "074024.671000", "074024.687000", "074024.765000", "074024.765000", "074024.765000", "074029.671000", "074029.687000", "074029.687000", "074034.671000", "074034.687000", "074039.671000", "074039.687000", "074039.687000", "074044.671000", "074044.687000", "074049.671000", "074049.687000", "074054.671000", "074054.687000", "074054.687000", "074059.671000", "074059.687000", "074104.671000", "074104.687000", "074104.687000", "074109.671000", "074109.687000", "074114.671000", "074114.687000", "074114.687000", "074119.671000", "074119.687000", "074119.687000", "074124.671000", "074124.687000", "074129.671000", "074129.687000", "074129.687000", "074134.671000", "074134.687000", "074139.671000", "074139.687000", "074139.687000", "074144.671000", "074144.687000", "074149.671000", "074149.687000", "074149.687000", "074154.671000", "074154.687000", "074154.687000", "074159.671000", "074159.687000", "074204.671000", "074204.687000", "074204.687000", "074209.671000", "074209.687000", "074214.671000", "074214.687000", "074214.687000", "074219.671000", "074219.687000", "074219.687000", "074224.671000", "074224.687000", "074229.671000", "074229.687000", "074229.687000", "074234.671000", "074234.687000", "074239.671000", "074239.687000", "074239.687000", "074244.671000", "074244.687000", "074249.671000", "074249.687000", "074249.687000", "074254.671000", "074254.687000", "074254.687000", "074259.671000", "074259.687000", "074304.671000", "074304.687000", "074304.687000", "074309.671000", "074309.765000", "074314.671000", "074314.687000", "074314.687000", "074319.671000", "074319.687000", "074324.671000", "074324.687000", "074324.687000", "074329.671000", "074329.687000", "074334.671000", "074334.687000", "074334.687000", "074339.671000", "074339.687000", "074344.671000", "074344.687000", "074344.687000", "074349.671000", "074349.687000", "074354.671000", "074354.687000", "074354.687000", "074359.671000", "074359.687000", "074404.671000", "074404.687000", "074404.687000", "074409.671000", "074409.687000", "074414.671000", "074414.687000", "074414.687000", "074419.671000", "074419.687000", "074424.671000", "074424.687000", "074424.687000", "074429.671000", "074429.765000", "074434.671000", "074434.687000", "074434.687000", "074439.671000", "074439.687000", "074444.671000", "074444.687000", "074444.687000", "074449.671000", "074449.687000", "074449.687000", "074454.671000", "074454.687000", "074459.671000", "074459.687000", "074459.687000", "074504.671000", "074504.687000", "074509.671000", "074509.687000", "074509.687000", "074514.671000", "074514.687000", "074519.671000", "074519.687000", "074519.687000", "074524.671000", "074524.687000", "074524.687000", "074529.671000", "074529.687000", "074534.671000", "074534.687000", "074539.671000", "074539.687000", "074539.687000", "074544.671000", "074544.687000", "074544.687000", "074549.671000", "074549.687000", "074554.671000", "074554.687000", "074554.687000", "074559.671000", "074559.687000", "074604.671000", "074604.687000", "074604.687000", "074609.671000", "074609.703000", "074614.671000", "074614.687000", "074614.687000", "074619.671000", "074619.687000", "074624.671000", "074624.687000", "074624.687000", "074629.671000", "074629.687000", "074634.671000", "074634.687000", "074634.687000", "074639.671000", "074639.734000", "074644.671000", "074644.687000", "074644.687000", "074649.671000", "074649.687000", "074649.687000", "074654.671000", "074654.718000", "074659.671000", "074659.687000", "074659.687000", "074704.671000", "074704.687000", "074704.687000", "074709.671000", "074709.687000", "074709.687000", "074714.671000", "074714.687000", "074719.671000", "074719.687000", "074719.687000", "074724.671000", "074724.687000", "074724.687000", "074729.671000", "074729.687000", "074729.687000", "074734.718000", "074734.718000", "074739.671000", "074739.687000", "074739.687000", "074744.671000", "074744.687000", "074744.687000", "074749.671000", "074749.687000", "074749.687000", "074754.671000", "074754.687000", "074754.687000", "074759.671000", "074759.687000", "074804.671000", "074804.687000", "074804.687000", "074809.671000", "074809.687000", "074809.687000", "074814.671000", "074814.687000", "074814.687000", "074819.671000", "074819.687000", "074819.687000", "074824.671000", "074824.687000", "074829.671000", "074829.687000", "074829.687000", "074834.671000", "074834.687000", "074834.687000", "074839.671000", "074839.687000", "074844.671000", "074844.687000", "074844.687000", "074849.671000", "074849.687000", "074849.687000", "074854.671000", "074854.687000", "074854.687000", "074859.671000", "074859.687000", "074904.671000", "074904.687000", "074904.687000", "074909.671000", "074909.687000", "074909.687000", "074914.671000", "074914.687000", "074919.671000", "074919.687000", "074919.687000", "074924.671000", "074924.687000", "074924.687000", "074929.671000", "074929.687000", "074934.671000", "074934.687000", "074934.687000", "074939.671000", "074939.687000", "074939.687000", "074944.671000", "074944.687000", "074949.671000", "074949.687000", "074949.687000", "074954.671000", "074954.687000", "074954.687000", "074959.671000", "074959.687000", "075004.671000", "075004.687000", "075004.687000", "075009.671000", "075009.671000", "075009.687000", "075014.671000", "075014.687000", "075019.671000", "075019.687000", "075019.687000", "075024.671000", "075024.687000", "075024.687000", "075029.671000", "075029.687000", "075034.671000", "075034.687000", "075034.687000", "075039.671000", "075039.687000", "075039.687000", "075044.671000", "075044.671000", "075044.687000", "075049.671000", "075049.687000", "075054.671000", "075054.687000", "075054.687000", "075059.671000", "075059.687000", "075104.671000", "075104.687000", "075109.671000", "075109.687000", "075109.687000", "075114.671000", "075114.687000", "075114.687000", "075119.671000", "075119.671000", "075124.671000", "075124.687000", "075124.687000", "075129.671000", "075129.687000", "075129.687000", "075134.671000", "075134.687000", "075139.671000", "075139.687000", "075139.687000", "075144.671000", "075144.687000", "075144.687000", "075149.671000", "075149.671000", "075154.671000", "075154.687000", "075154.687000", "075159.671000", "075159.671000", "075159.687000", "075204.671000", "075204.687000", "075209.671000", "075209.687000", "075209.687000", "075214.671000", "075214.687000", "075214.687000", "075219.671000", "075219.687000", "075224.671000", "075224.671000", "075224.687000", "075229.671000", "075229.687000", "075234.671000", "075234.671000", "075234.687000", "075239.671000", "075239.687000", "075239.687000", "075244.671000", "075244.687000", "075249.671000", "075249.687000", "075249.687000", "075254.671000", "075254.687000", "075259.671000", "075259.687000", "075259.687000", "075304.671000", "075304.687000", "075304.687000", "075309.671000", "075309.671000", "075314.671000", "075314.687000", "075314.687000", "075319.671000", "075319.671000", "075324.671000", "075324.687000", "075324.687000", "075329.671000", "075329.687000", "075334.671000", "075334.687000", "075334.687000", "075339.671000", "075339.671000", "075344.671000", "075344.687000", "075344.687000", "075346.000000"], "InstanceCreationTime": ["073710.203000", "073719.671000", "073719.687000", "073719.687000", "073719.687000", "073719.687000", "073719.687000", "073724.671000", "073724.687000", "073729.671000", "073729.687000", "073729.687000", "073734.671000", "073734.687000", "073739.671000", "073739.687000", "073739.687000", "073744.671000", "073744.687000", "073749.671000", "073749.687000", "073749.687000", "073754.671000", "073754.687000", "073759.671000", "073759.687000", "073759.687000", "073804.671000", "073804.687000", "073804.687000", "073809.671000", "073809.687000", "073814.671000", "073814.687000", "073819.671000", "073819.687000", "073819.687000", "073824.671000", "073824.687000", "073829.671000", "073829.687000", "073829.687000", "073834.671000", "073834.687000", "073839.671000", "073839.687000", "073839.687000", "073844.671000", "073844.687000", "073849.671000", "073849.687000", "073849.687000", "073854.671000", "073854.687000", "073859.671000", "073859.687000", "073859.687000", "073904.671000", "073904.687000", "073909.671000", "073909.687000", "073909.687000", "073914.671000", "073914.687000", "073914.687000", "073919.671000", "073919.687000", "073924.671000", "073924.687000", "073924.687000", "073929.671000", "073929.687000", "073929.687000", "073934.671000", "073934.687000", "073939.671000", "073939.671000", "073939.687000", "073944.671000", "073944.687000", "073949.671000", "073949.687000", "073949.687000", "073954.671000", "073954.687000", "073959.671000", "073959.687000", "073959.687000", "074004.671000", "074004.687000", "074009.671000", "074009.687000", "074009.687000", "074014.671000", "074014.687000", "074024.671000", "074024.687000", "074024.765000", "074024.765000", "074024.765000", "074029.671000", "074029.687000", "074029.687000", "074034.671000", "074034.687000", "074039.671000", "074039.687000", "074039.687000", "074044.671000", "074044.687000", "074049.671000", "074049.687000", "074054.671000", "074054.687000", "074054.687000", "074059.671000", "074059.687000", "074104.671000", "074104.687000", "074104.687000", "074109.671000", "074109.687000", "074114.671000", "074114.687000", "074114.687000", "074119.671000", "074119.687000", "074119.687000", "074124.671000", "074124.687000", "074129.671000", "074129.687000", "074129.687000", "074134.671000", "074134.687000", "074139.671000", "074139.687000", "074139.687000", "074144.671000", "074144.687000", "074149.671000", "074149.687000", "074149.687000", "074154.671000", "074154.687000", "074154.687000", "074159.671000", "074159.687000", "074204.671000", "074204.687000", "074204.687000", "074209.671000", "074209.687000", "074214.671000", "074214.687000", "074214.687000", "074219.671000", "074219.687000", "074219.687000", "074224.671000", "074224.687000", "074229.671000", "074229.687000", "074229.687000", "074234.671000", "074234.687000", "074239.671000", "074239.687000", "074239.687000", "074244.671000", "074244.687000", "074249.671000", "074249.687000", "074249.687000", "074254.671000", "074254.687000", "074254.687000", "074259.671000", "074259.687000", "074304.671000", "074304.687000", "074304.687000", "074309.671000", "074309.765000", "074314.671000", "074314.687000", "074314.687000", "074319.671000", "074319.687000", "074324.671000", "074324.687000", "074324.687000", "074329.671000", "074329.687000", "074334.671000", "074334.687000", "074334.687000", "074339.671000", "074339.687000", "074344.671000", "074344.687000", "074344.687000", "074349.671000", "074349.687000", "074354.671000", "074354.687000", "074354.687000", "074359.671000", "074359.687000", "074404.671000", "074404.687000", "074404.687000", "074409.671000", "074409.687000", "074414.671000", "074414.687000", "074414.687000", "074419.671000", "074419.687000", "074424.671000", "074424.687000", "074424.687000", "074429.671000", "074429.765000", "074434.671000", "074434.687000", "074434.687000", "074439.671000", "074439.687000", "074444.671000", "074444.687000", "074444.687000", "074449.671000", "074449.687000", "074449.687000", "074454.671000", "074454.687000", "074459.671000", "074459.687000", "074459.687000", "074504.671000", "074504.687000", "074509.671000", "074509.687000", "074509.687000", "074514.671000", "074514.687000", "074519.671000", "074519.687000", "074519.687000", "074524.671000", "074524.687000", "074524.687000", "074529.671000", "074529.687000", "074534.671000", "074534.687000", "074539.671000", "074539.687000", "074539.687000", "074544.671000", "074544.687000", "074544.687000", "074549.671000", "074549.687000", "074554.671000", "074554.687000", "074554.687000", "074559.671000", "074559.687000", "074604.671000", "074604.687000", "074604.687000", "074609.671000", "074609.703000", "074614.671000", "074614.687000", "074614.687000", "074619.671000", "074619.687000", "074624.671000", "074624.687000", "074624.687000", "074629.671000", "074629.687000", "074634.671000", "074634.687000", "074634.687000", "074639.671000", "074639.734000", "074644.671000", "074644.687000", "074644.687000", "074649.671000", "074649.687000", "074649.687000", "074654.671000", "074654.718000", "074659.671000", "074659.687000", "074659.687000", "074704.671000", "074704.687000", "074704.687000", "074709.671000", "074709.687000", "074709.687000", "074714.671000", "074714.687000", "074719.671000", "074719.687000", "074719.687000", "074724.671000", "074724.687000", "074724.687000", "074729.671000", "074729.687000", "074729.687000", "074734.718000", "074734.718000", "074739.671000", "074739.687000", "074739.687000", "074744.671000", "074744.687000", "074744.687000", "074749.671000", "074749.687000", "074749.687000", "074754.671000", "074754.687000", "074754.687000", "074759.671000", "074759.687000", "074804.671000", "074804.687000", "074804.687000", "074809.671000", "074809.687000", "074809.687000", "074814.671000", "074814.687000", "074814.687000", "074819.671000", "074819.687000", "074819.687000", "074824.671000", "074824.687000", "074829.671000", "074829.687000", "074829.687000", "074834.671000", "074834.687000", "074834.687000", "074839.671000", "074839.687000", "074844.671000", "074844.687000", "074844.687000", "074849.671000", "074849.687000", "074849.687000", "074854.671000", "074854.687000", "074854.687000", "074859.671000", "074859.687000", "074904.671000", "074904.687000", "074904.687000", "074909.671000", "074909.687000", "074909.687000", "074914.671000", "074914.687000", "074919.671000", "074919.687000", "074919.687000", "074924.671000", "074924.687000", "074924.687000", "074929.671000", "074929.687000", "074934.671000", "074934.687000", "074934.687000", "074939.671000", "074939.687000", "074939.687000", "074944.671000", "074944.687000", "074949.671000", "074949.687000", "074949.687000", "074954.671000", "074954.687000", "074954.687000", "074959.671000", "074959.687000", "075004.671000", "075004.687000", "075004.687000", "075009.671000", "075009.671000", "075009.687000", "075014.671000", "075014.687000", "075019.671000", "075019.687000", "075019.687000", "075024.671000", "075024.687000", "075024.687000", "075029.671000", "075029.687000", "075034.671000", "075034.687000", "075034.687000", "075039.671000", "075039.687000", "075039.687000", "075044.671000", "075044.671000", "075044.687000", "075049.671000", "075049.687000", "075054.671000", "075054.687000", "075054.687000", "075059.671000", "075059.687000", "075104.671000", "075104.687000", "075109.671000", "075109.687000", "075109.687000", "075114.671000", "075114.687000", "075114.687000", "075119.671000", "075119.671000", "075124.671000", "075124.687000", "075124.687000", "075129.671000", "075129.687000", "075129.687000", "075134.671000", "075134.687000", "075139.671000", "075139.687000", "075139.687000", "075144.671000", "075144.687000", "075144.687000", "075149.671000", "075149.671000", "075154.671000", "075154.687000", "075154.687000", "075159.671000", "075159.671000", "075159.687000", "075204.671000", "075204.687000", "075209.671000", "075209.687000", "075209.687000", "075214.671000", "075214.687000", "075214.687000", "075219.671000", "075219.687000", "075224.671000", "075224.671000", "075224.687000", "075229.671000", "075229.687000", "075234.671000", "075234.671000", "075234.687000", "075239.671000", "075239.687000", "075239.687000", "075244.671000", "075244.687000", "075249.671000", "075249.687000", "075249.687000", "075254.671000", "075254.687000", "075259.671000", "075259.687000", "075259.687000", "075304.671000", "075304.687000", "075304.687000", "075309.671000", "075309.671000", "075314.671000", "075314.687000", "075314.687000", "075319.671000", "075319.671000", "075324.671000", "075324.687000", "075324.687000", "075329.671000", "075329.687000", "075334.671000", "075334.687000", "075334.687000", "075339.671000", "075339.671000", "075344.671000", "075344.687000", "075344.687000", "075346.000000"], "InstanceNumber": [1, 2, 3, 4, 5, 6, 7, 8, 9, 10, 11, 12, 13, 14, 15, 16, 17, 18, 19, 20, 21, 22, 23, 24, 25, 26, 27, 28, 29, 30, 31, 32, 33, 34, 35, 36, 37, 38, 39, 40, 41, 42, 43, 44, 45, 46, 47, 48, 49, 50, 51, 52, 53, 54, 55, 56, 57, 58, 59, 60, 61, 62, 63, 64, 65, 66, 67, 68, 69, 70, 71, 72, 73, 74, 75, 76, 77, 78, 79, 80, 81, 82, 83, 84, 85, 86, 87, 88, 89, 90, 91, 92, 93, 94, 95, 96, 97, 98, 99, 100, 101, 102, 103, 104, 105, 106, 107, 108, 109, 110, 111, 112, 113, 114, 115, 116, 117, 118, 119, 120, 121, 122, 123, 124, 125, 126, 127, 128, 129, 130, 131, 132, 133, 134, 135, 136, 137, 138, 139, 140, 141, 142, 143, 144, 145, 146, 147, 148, 149, 150, 151, 152, 153, 154, 155, 156, 157, 158, 159, 160, 161, 162, 163, 164, 165, 166, 167, 168, 169, 170, 171, 172, 173, 174, 175, 176, 177, 178, 179, 180, 181, 182, 183, 184, 185, 186, 187, 188, 189, 190, 191, 192, 193, 194, 195, 196, 197, 198, 199, 200, 201, 202, 203, 204, 205, 206, 207, 208, 209, 210, 211, 212, 213, 214, 215, 216, 217, 218, 219, 220, 221, 222, 223, 224, 225, 226, 227, 228, 229, 230, 231, 232, 233, 234, 235, 236, 237, 238, 239, 240, 241, 242, 243, 244, 245, 246, 247, 248, 249, 250, 251, 252, 253, 254, 255, 256, 257, 258, 259, 260, 261, 262, 263, 264, 265, 266, 267, 268, 269, 270, 271, 272, 273, 274, 275, 276, 277, 278, 279, 280, 281, 282, 283, 284, 285, 286, 287, 288, 289, 290, 291, 292, 293, 294, 295, 296, 297, 298, 299, 300, 301, 302, 303, 304, 305, 306, 307, 308, 309, 310, 311, 312, 313, 314, 315, 316, 317, 318, 319, 320, 321, 322, 323, 324, 325, 326, 327, 328, 329, 330, 331, 332, 333, 334, 335, 336, 337, 338, 339, 340, 341, 342, 343, 344, 345, 346, 347, 348, 349, 350, 351, 352, 353, 354, 355, 356, 357, 358, 359, 360, 361, 362, 363, 364, 365, 366, 367, 368, 369, 370, 371, 372, 373, 374, 375, 376, 377, 378, 379, 380, 381, 382, 383, 384, 385, 386, 387, 388, 389, 390, 391, 392, 393, 394, 395, 396, 397, 398, 399, 400, 401, 402, 403, 404, 405, 406, 407, 408, 409, 410, 411, 412, 413, 414, 415, 416, 417, 418, 419, 420, 421, 422, 423, 424, 425, 426, 427, 428, 429, 430, 431, 432, 433, 434, 435, 436, 437, 438, 439, 440, 441, 442, 443, 444, 445, 446, 447, 448, 449, 450, 451, 452, 453, 454, 455, 456, 457, 458, 459, 460, 461, 462, 463, 464, 465, 466, 467, 468, 469, 470, 471, 472, 473, 474, 475, 476, 477, 478, 479, 480, 481, 482, 483, 484, 485, 486, 487, 488, 489, 490, 491, 492, 493, 494, 495, 496, 497, 498, 499, 500, 501, 502, 503, 504, 505, 506, 507, 508, 509, 510, 511, 512, 513, 514, 515, 516, 517, 518], "LargestImagePixelValue": [31454, 24990, 23428, 30160, 22297, 33423, 22639, 29741, 29255, 22298, 32287, 24122, 31936, 28096, 24402, 31352, 27212, 22171, 32598, 24434, 30731, 22943, 23937, 31882, 23909, 30149, 27098, 24771, 25402, 22762, 32367, 24189, 25037, 29257, 24260, 29263, 23173, 30954, 30270, 21872, 32353, 24002, 31133, 25662, 23004, 32017, 27827, 23416, 29767, 22131, 29798, 30239, 22257, 28917, 22948, 29641, 23412, 23347, 30264, 25048, 26641, 29349, 22714, 29918, 25471, 23987, 24064, 29655, 23955, 23014, 31898, 28899, 22464, 31731, 22299, 32778, 22712, 27007, 30407, 23081, 31693, 25056, 30803, 23293, 22536, 30655, 21879, 28143, 26366, 23369, 30344, 23353, 29582, 28874, 22511, 22405, 23660, 31990, 24349, 29533, 23415, 30185, 24306, 23981, 30613, 23886, 22941, 29882, 22862, 30884, 21668, 29736, 22932, 23908, 31084, 23973, 30093, 21889, 30720, 29992, 22680, 29993, 25411, 21894, 30332, 24486, 23916, 29602, 21947, 27778, 25823, 23370, 30352, 28953, 22775, 31187, 23185, 30249, 24915, 30305, 29813, 22669, 32114, 22608, 28269, 25362, 23964, 27138, 22517, 31035, 22596, 30503, 22484, 30887, 23510, 24715, 29756, 22277, 30381, 22868, 26824, 30827, 23111, 30524, 25451, 26207, 24191, 25027, 31172, 22513, 30339, 21908, 30359, 26029, 24006, 32070, 23265, 30802, 21869, 29498, 29887, 23085, 30371, 23304, 28951, 22589, 22468, 31381, 28117, 22300, 31094, 22377, 28587, 22298, 23337, 31039, 25326, 30016, 22848, 30567, 23053, 24993, 29770, 22252, 30556, 22120, 26318, 22847, 32550, 22744, 31692, 22756, 28700, 21830, 31031, 27224, 23744, 28704, 32114, 27327, 26141, 23782, 33425, 27174, 23012, 22379, 23520, 31924, 26230, 22260, 26911, 23183, 33664, 22938, 21957, 31546, 30040, 22336, 29824, 22067, 30415, 27399, 22673, 23082, 30743, 22568, 24512, 30101, 22463, 28947, 30038, 22963, 23337, 28696, 24920, 28811, 22333, 22962, 30339, 28266, 22505, 28711, 22923, 28763, 23569, 23809, 28896, 26150, 23291, 30633, 23932, 29238, 22857, 22159, 29925, 23497, 22415, 28699, 23126, 27731, 22163, 21938, 29144, 23231, 22681, 26520, 22825, 28201, 23143, 23229, 27686, 23751, 27700, 22654, 22145, 29291, 24188, 27711, 22642, 27570, 26914, 24892, 27861, 24880, 22820, 22029, 22102, 28706, 23426, 22381, 29792, 23489, 25806, 29029, 23366, 26850, 22429, 23370, 23807, 23244, 29713, 27689, 24864, 26680, 26539, 22761, 29060, 24595, 24194, 29711, 25353, 27970, 21896, 26398, 28614, 25090, 27872, 23645, 28406, 21775, 23243, 28731, 24416, 23892, 23838, 22474, 27911, 24743, 23909, 29177, 26153, 22854, 24633, 23808, 29955, 29411, 23602, 29613, 25009, 27223, 23633, 23990, 28151, 29309, 23225, 28866, 23575, 27835, 22474, 22134, 28958, 24600, 21962, 29055, 24677, 27170, 22099, 25120, 23806, 25131, 30057, 24242, 24202, 28611, 24960, 28016, 23528, 22740, 30304, 22462, 22046, 27004, 22006, 28876, 23340, 23639, 29260, 24530, 28389, 24303, 22226, 26001, 24707, 29357, 22223, 22600, 24742, 25086, 29298, 24348, 27582, 29327, 26021, 28461, 22688, 23907, 29001, 29415, 26080, 27507, 24618, 22712, 28576, 23443, 22800, 26424, 23607, 26410, 24127, 29317, 26553, 22934, 28495, 23294, 29416, 24353, 23154, 30443, 22760, 22322, 25529, 25106, 26091, 22366, 29573, 28927, 24062, 28948, 22248, 26970, 22872, 23034, 29821, 23380, 24423, 25077, 23828, 29714, 24482, 27616, 24092, 26946, 23573, 22533, 30539, 23800, 27909, 26319, 29788, 25450, 29484, 23345, 29137, 22647, 27869, 25393, 28381, 24278, 28583, 23410, 30963, 22769, 28362, 24910, 23506, 28538, 29163, 23349, 22350, 28349, 23595, 30843, 32965, 33560, 27061, 22010, 31029, 22415, 30921, 24628, 29158, 22626, 27314, 23671, 23008, 29785, 22305, 23736, 27747, 23428, 22724, 28468, 23797, 23601, 31579, 27010, 27527, 24885], "WindowCenter": [9784.0, 9740.0, 9732.0, 9763.0, 9727.0, 9776.0, 9728.0, 9757.0, 9742.0, 9717.0, 9767.0, 9725.0, 9767.0, 9746.0, 9716.0, 9752.0, 9742.0, 9713.0, 9755.0, 9725.0, 9756.0, 9721.0, 9734.0, 9770.0, 9737.0, 9766.0, 9748.0, 9736.0, 9732.0, 9726.0, 9770.0, 9725.0, 9724.0, 9743.0, 9718.0, 9743.0, 9705.0, 9735.0, 9723.0, 9697.0, 9751.0, 9713.0, 9746.0, 9737.0, 9707.0, 9761.0, 9729.0, 9715.0, 9758.0, 9729.0, 9769.0, 9760.0, 9743.0, 9757.0, 9746.0, 9790.0, 9738.0, 9734.0, 9763.0, 9739.0, 9737.0, 9748.0, 9725.0, 9756.0, 9723.0, 9735.0, 9743.0, 9762.0, 9742.0, 9727.0, 9770.0, 9749.0, 9717.0, 9756.0, 9716.0, 9768.0, 9723.0, 9742.0, 9750.0, 9721.0, 9757.0, 9722.0, 9754.0, 9734.0, 9719.0, 9761.0, 9713.0, 9755.0, 9748.0, 9736.0, 9776.0, 9728.0, 9759.0, 9755.0, 9725.0, 9735.0, 9752.0, 9785.0, 9752.0, 9775.0, 9748.0, 9764.0, 9743.0, 9738.0, 9751.0, 9719.0, 9719.0, 9773.0, 9739.0, 9771.0, 9735.0, 9772.0, 9736.0, 9737.0, 9766.0, 9742.0, 9771.0, 9729.0, 9772.0, 9754.0, 9721.0, 9759.0, 9740.0, 9719.0, 9778.0, 9737.0, 9729.0, 9766.0, 9726.0, 9757.0, 9756.0, 9746.0, 9770.0, 9751.0, 9724.0, 9762.0, 9727.0, 9775.0, 9745.0, 9761.0, 9753.0, 9720.0, 9773.0, 9726.0, 9752.0, 9745.0, 9740.0, 9751.0, 9736.0, 9779.0, 9739.0, 9788.0, 9744.0, 9797.0, 9751.0, 9749.0, 9761.0, 9742.0, 9768.0, 9727.0, 9756.0, 9755.0, 9715.0, 9763.0, 9731.0, 9750.0, 9752.0, 9745.0, 9764.0, 9710.0, 9767.0, 9721.0, 9778.0, 9745.0, 9726.0, 9768.0, 9728.0, 9757.0, 9720.0, 9773.0, 9745.0, 9707.0, 9752.0, 9726.0, 9769.0, 9746.0, 9749.0, 9782.0, 9767.0, 9725.0, 9790.0, 9726.0, 9770.0, 9729.0, 9747.0, 9783.0, 9755.0, 9788.0, 9733.0, 9794.0, 9749.0, 9743.0, 9763.0, 9724.0, 9766.0, 9709.0, 9750.0, 9734.0, 9779.0, 9728.0, 9775.0, 9725.0, 9762.0, 9723.0, 9780.0, 9752.0, 9728.0, 9772.0, 9618.0, 9908.0, 9806.0, 9754.0, 9794.0, 9743.0, 9733.0, 9721.0, 9725.0, 9769.0, 9732.0, 9701.0, 9753.0, 9745.0, 9784.0, 9742.0, 9725.0, 9775.0, 9758.0, 9729.0, 9788.0, 9747.0, 9799.0, 9778.0, 9741.0, 9745.0, 9781.0, 9741.0, 9752.0, 9765.0, 9725.0, 9757.0, 9760.0, 9729.0, 9739.0, 9779.0, 9745.0, 9779.0, 9740.0, 9748.0, 9784.0, 9760.0, 9748.0, 9780.0, 9765.0, 9794.0, 9757.0, 9739.0, 9761.0, 9742.0, 9723.0, 9760.0, 9723.0, 9752.0, 9738.0, 9733.0, 9766.0, 9733.0, 9727.0, 9764.0, 9719.0, 9756.0, 9729.0, 9720.0, 9773.0, 9738.0, 9732.0, 9755.0, 9745.0, 9777.0, 9735.0, 9742.0, 9753.0, 9741.0, 9768.0, 9744.0, 9752.0, 9791.0, 9767.0, 9779.0, 9749.0, 9783.0, 9751.0, 9759.0, 9757.0, 9730.0, 9722.0, 9727.0, 9733.0, 9759.0, 9733.0, 9705.0, 9752.0, 9722.0, 9753.0, 9759.0, 9728.0, 9736.0, 9721.0, 9727.0, 9745.0, 9746.0, 9782.0, 9754.0, 9753.0, 9750.0, 9755.0, 9731.0, 9776.0, 9748.0, 9745.0, 9781.0, 9751.0, 9767.0, 9724.0, 9760.0, 9777.0, 9756.0, 9768.0, 9758.0, 9767.0, 9746.0, 9750.0, 9769.0, 9748.0, 9747.0, 9753.0, 9744.0, 9772.0, 9759.0, 9746.0, 9765.0, 9753.0, 9732.0, 9752.0, 9753.0, 9786.0, 9772.0, 9747.0, 9781.0, 9734.0, 9738.0, 9748.0, 9733.0, 9750.0, 9753.0, 9736.0, 9755.0, 9743.0, 9753.0, 9718.0, 9724.0, 9746.0, 9704.0, 9708.0, 9746.0, 9739.0, 9750.0, 9709.0, 9777.0, 9758.0, 9758.0, 9787.0, 9745.0, 9737.0, 9760.0, 9738.0, 9762.0, 9734.0, 9737.0, 9775.0, 9737.0, 9726.0, 9749.0, 9735.0, 9778.0, 9734.0, 9743.0, 9777.0, 9750.0, 9785.0, 9744.0, 9722.0, 9751.0, 9743.0, 9780.0, 9726.0, 9743.0, 9748.0, 9763.0, 9770.0, 9755.0, 9770.0, 9774.0, 9758.0, 9779.0, 9741.0, 9753.0, 9774.0, 9777.0, 9762.0, 9778.0, 9756.0, 9758.0, 9787.0, 9738.0, 9738.0, 9769.0, 9761.0, 9784.0, 9766.0, 9789.0, 9764.0, 9742.0, 9771.0, 9752.0, 9783.0, 9758.0, 9747.0, 9772.0, 9738.0, 9738.0, 9763.0, 9748.0, 9757.0, 9735.0, 9778.0, 9737.0, 9744.0, 9764.0, 9730.0, 9771.0, 9759.0, 9762.0, 9778.0, 9757.0, 9754.0, 9756.0, 9763.0, 9797.0, 9775.0, 9761.0, 9744.0, 9783.0, 9763.0, 9742.0, 9797.0, 9753.0, 9795.0, 9793.0, 9792.0, 9783.0, 9779.0, 9755.0, 9804.0, 9768.0, 9791.0, 9775.0, 9781.0, 9771.0, 9776.0, 9759.0, 9791.0, 9749.0, 9784.0, 9772.0, 9769.0, 9779.0, 9779.0, 9741.0, 9757.0, 9786.0, 9761.0, 9798.0, 9704.0, 9940.0, 9819.0, 9772.0, 9799.0, 9745.0, 9805.0, 9752.0, 9786.0, 9752.0, 9786.0, 9782.0, 9774.0, 9805.0, 9761.0, 9773.0, 9788.0, 9746.0, 9766.0, 9806.0, 9763.0, 9768.0, 9809.0, 9808.0, 9799.0, 9790.0], "WindowWidth": [20773.0, 20685.0, 20668.0, 20726.0, 20657.0, 20746.0, 20659.0, 20708.0, 20676.0, 20631.0, 20724.0, 20645.0, 20723.0, 20684.0, 20624.0, 20688.0, 20671.0, 20621.0, 20700.0, 20647.0, 20705.0, 20639.0, 20665.0, 20732.0, 20670.0, 20724.0, 20694.0, 20667.0, 20659.0, 20650.0, 20730.0, 20646.0, 20641.0, 20679.0, 20629.0, 20673.0, 20601.0, 20654.0, 20631.0, 20584.0, 20691.0, 20623.0, 20683.0, 20668.0, 20609.0, 20709.0, 20650.0, 20626.0, 20705.0, 20656.0, 20730.0, 20712.0, 20687.0, 20712.0, 20696.0, 20777.0, 20680.0, 20666.0, 20720.0, 20676.0, 20666.0, 20685.0, 20643.0, 20699.0, 20640.0, 20667.0, 20687.0, 20720.0, 20681.0, 20651.0, 20732.0, 20688.0, 20631.0, 20701.0, 20627.0, 20727.0, 20643.0, 20673.0, 20687.0, 20634.0, 20704.0, 20635.0, 20694.0, 20662.0, 20633.0, 20713.0, 20624.0, 20705.0, 20691.0, 20668.0, 20743.0, 20655.0, 20711.0, 20704.0, 20647.0, 20670.0, 20706.0, 20765.0, 20704.0, 20747.0, 20698.0, 20724.0, 20681.0, 20670.0, 20693.0, 20631.0, 20632.0, 20734.0, 20681.0, 20735.0, 20670.0, 20739.0, 20669.0, 20669.0, 20725.0, 20687.0, 20733.0, 20657.0, 20737.0, 20699.0, 20638.0, 20715.0, 20677.0, 20637.0, 20745.0, 20672.0, 20655.0, 20726.0, 20655.0, 20714.0, 20708.0, 20690.0, 20733.0, 20692.0, 20642.0, 20715.0, 20651.0, 20739.0, 20686.0, 20713.0, 20696.0, 20636.0, 20733.0, 20646.0, 20697.0, 20682.0, 20679.0, 20699.0, 20671.0, 20752.0, 20683.0, 20772.0, 20690.0, 20794.0, 20707.0, 20697.0, 20720.0, 20684.0, 20732.0, 20653.0, 20706.0, 20702.0, 20627.0, 20717.0, 20655.0, 20694.0, 20704.0, 20689.0, 20725.0, 20624.0, 20728.0, 20642.0, 20752.0, 20686.0, 20649.0, 20724.0, 20653.0, 20704.0, 20631.0, 20733.0, 20680.0, 20609.0, 20695.0, 20652.0, 20734.0, 20695.0, 20700.0, 20760.0, 20728.0, 20651.0, 20778.0, 20654.0, 20736.0, 20663.0, 20698.0, 20764.0, 20714.0, 20774.0, 20670.0, 20787.0, 20700.0, 20684.0, 20720.0, 20651.0, 20725.0, 20617.0, 20695.0, 20664.0, 20746.0, 20653.0, 20742.0, 20654.0, 20719.0, 20645.0, 20752.0, 20698.0, 20653.0, 20740.0, 20388.0, 21116.0, 20830.0, 20710.0, 20779.0, 20683.0, 20655.0, 20636.0, 20644.0, 20722.0, 20652.0, 20596.0, 20698.0, 20688.0, 20756.0, 20679.0, 20649.0, 20742.0, 20707.0, 20662.0, 20772.0, 20696.0, 20796.0, 20752.0, 20683.0, 20687.0, 20756.0, 20678.0, 20702.0, 20719.0, 20642.0, 20704.0, 20707.0, 20654.0, 20674.0, 20756.0, 20691.0, 20753.0, 20682.0, 20697.0, 20762.0, 20717.0, 20700.0, 20761.0, 20734.0, 20787.0, 20715.0, 20677.0, 20716.0, 20676.0, 20641.0, 20713.0, 20639.0, 20694.0, 20673.0, 20662.0, 20723.0, 20661.0, 20651.0, 20723.0, 20636.0, 20705.0, 20655.0, 20639.0, 20740.0, 20677.0, 20667.0, 20706.0, 20692.0, 20754.0, 20670.0, 20683.0, 20705.0, 20685.0, 20731.0, 20688.0, 20711.0, 20783.0, 20740.0, 20760.0, 20699.0, 20765.0, 20701.0, 20711.0, 20706.0, 20654.0, 20638.0, 20651.0, 20665.0, 20711.0, 20660.0, 20606.0, 20694.0, 20633.0, 20693.0, 20704.0, 20649.0, 20664.0, 20642.0, 20653.0, 20689.0, 20696.0, 20761.0, 20703.0, 20705.0, 20697.0, 20705.0, 20662.0, 20748.0, 20696.0, 20687.0, 20754.0, 20705.0, 20730.0, 20646.0, 20720.0, 20751.0, 20710.0, 20735.0, 20722.0, 20732.0, 20693.0, 20703.0, 20736.0, 20694.0, 20694.0, 20709.0, 20689.0, 20742.0, 20718.0, 20688.0, 20724.0, 20703.0, 20661.0, 20703.0, 20711.0, 20771.0, 20740.0, 20695.0, 20761.0, 20669.0, 20670.0, 20689.0, 20660.0, 20690.0, 20696.0, 20667.0, 20705.0, 20683.0, 20705.0, 20637.0, 20643.0, 20685.0, 20600.0, 20606.0, 20678.0, 20671.0, 20692.0, 20620.0, 20754.0, 20722.0, 20716.0, 20769.0, 20689.0, 20670.0, 20716.0, 20673.0, 20715.0, 20666.0, 20671.0, 20744.0, 20671.0, 20655.0, 20697.0, 20670.0, 20754.0, 20669.0, 20684.0, 20750.0, 20702.0, 20770.0, 20690.0, 20643.0, 20697.0, 20684.0, 20753.0, 20652.0, 20690.0, 20697.0, 20724.0, 20738.0, 20710.0, 20733.0, 20743.0, 20718.0, 20754.0, 20684.0, 20706.0, 20744.0, 20749.0, 20723.0, 20750.0, 20713.0, 20719.0, 20773.0, 20680.0, 20681.0, 20743.0, 20724.0, 20767.0, 20735.0, 20779.0, 20728.0, 20689.0, 20742.0, 20702.0, 20760.0, 20714.0, 20690.0, 20736.0, 20673.0, 20673.0, 20723.0, 20692.0, 20705.0, 20668.0, 20750.0, 20667.0, 20685.0, 20723.0, 20658.0, 20746.0, 20722.0, 20726.0, 20755.0, 20714.0, 20707.0, 20712.0, 20728.0, 20791.0, 20749.0, 20725.0, 20689.0, 20763.0, 20729.0, 20687.0, 20790.0, 20712.0, 20787.0, 20790.0, 20787.0, 20771.0, 20764.0, 20717.0, 20807.0, 20744.0, 20784.0, 20755.0, 20766.0, 20746.0, 20753.0, 20725.0, 20783.0, 20705.0, 20767.0, 20746.0, 20740.0, 20758.0, 20756.0, 20686.0, 20715.0, 20773.0, 20730.0, 20797.0, 20594.0, 21182.0, 20851.0, 20750.0, 20787.0, 20690.0, 20806.0, 20707.0, 20769.0, 20702.0, 20775.0, 20772.0, 20754.0, 20812.0, 20729.0, 20754.0, 20777.0, 20694.0, 20736.0, 20814.0, 20729.0, 20741.0, 20821.0, 20825.0, 20803.0, 20785.0]}, "slices": {}}}