{"AcquisitionMatrixPE": 96, "AcquisitionNumber": 1, "AcquisitionTime": "07:26:9.777500", "BandwidthPerPixelPhaseEncode": 33.602, "BaseResolution": 96, "BodyPartExamined": "BRAIN", "ConsistencyInfo": "N4_VD11D_LATEST_20110129", "ConversionSoftware": "dcm2niix", "ConversionSoftwareVersion": "v1.0.20210317", "DerivedVendorReportedEchoSpacing": 0.000620003, "DeviceSerialNumber": "45239", "DwellTime": 2.6e-06, "EchoTime": 0.036, "EchoTrainLength": 48, "EffectiveEchoSpacing": 0.000310001, "FlipAngle": 90, "ImageOrientationPatientDICOM": [0.999993, -0.0030669, 0.00200691, 0.00366518, 0.836759, -0.547559], "ImageType": ["ORIGINAL", "PRIMARY", "M", "ND", "NORM", "MOSAIC"], "ImagingFrequency": 123.193, "InPlanePhaseEncodingDirectionDICOM": "COL", "InstitutionAddress": "E 24th St. 100,Austin,Southmiddle,US,78712", "InstitutionName": "Univ of Texas at Austin", "InstitutionalDepartmentName": "IRC", "MRAcquisitionType": "2D", "MagneticFieldStrength": 3, "Manufacturer": "Siemens", "ManufacturersModelName": "Skyra", "Modality": "MR", "ParallelReductionFactorInPlane": 2, "PartialFourier": 1, "PatientPosition": "HFS", "PercentPhaseFOV": 100, "PercentSampling": 100, "PhaseEncodingDirection": "j", "PhaseEncodingSteps": 96, "PhaseResolution": 1, "PixelBandwidth": 2005, "ProcedureStepDescription": "Poldrack2^self-scanning", "ProtocolName": "MB-SE_FieldMap_P-A", "PulseSequenceDetails": "%CustomerSeq%\\cmrr_mbep2d_se", "ReceiveCoilActiveElements": "HEA;HEP", "ReceiveCoilName": "Head_32", "ReconMatrixPE": 96, "RefLinesPE": 48, "RepetitionTime": 4.55, "SAR": 0.398697, "ScanOptions": "FS", "ScanningSequence": "EP", "SequenceName": "epse2d1_96", "SequenceVariant": "SK", "SeriesDescription": "MB-SE_FieldMap_P-A", "SeriesNumber": 7, "ShimSetting": [-2754, 8012, -15422, 156, -136, -36, 230, -78], "SliceThickness": 2, "SliceTiming": [2.275, 0, 2.3425, 0.0675, 2.4075, 0.135, 2.475, 0.2, 2.5425, 0.2675, 2.61, 0.335, 2.675, 0.4025, 2.7425, 0.4675, 2.81, 0.535, 2.8775, 0.6025, 2.945, 0.67, 3.01, 0.735, 3.0775, 0.8025, 3.145, 0.87, 3.2125, 0.9375, 3.2775, 1.0025, 3.345, 1.07, 3.4125, 1.1375, 3.48, 1.205, 3.545, 1.2725, 3.6125, 1.3375, 3.68, 1.405, 3.7475, 1.4725, 3.8125, 1.54, 3.88, 1.605, 3.9475, 1.6725, 4.015, 1.74, 4.08, 1.8075, 4.1475, 1.8725, 4.215, 1.94, 4.2825, 2.0075, 4.3475, 2.075, 4.415, 2.14, 4.4825, 2.2075], "SoftwareVersions": "syngo MR D11", "SpacingBetweenSlices": 2.4, "StationName": "AWP45239", "TotalReadoutTime": 0.0294501, "TxRefAmp": 351.777, "WipMemBlock": "74577021-9f9e-4abb-b0f3-e0f0bdebd9a7||Sequence: VD11D r154; May 23 2012 22:29:07 by eja", "dcmmeta_affine": [[-2.395817279815674, 0.00878116488456726, -1.3110386554160414e-08, 118.80372619628906], [0.007347772363573313, 2.0047342777252197, -1.314151644706726, -68.42594146728516], [0.004808231256902218, 1.311861276626587, 2.0082345008850098, -75.68291473388672], [0.0, 0.0, 0.0, 1.0]], "dcmmeta_reorient_transform": [[0.0, -1.0, 0.0, 95.0], [1.0, 0.0, 0.0, 0.0], [0.0, 0.0, 1.0, 0.0], [0.0, 0.0, 0.0, 1.0]], "dcmmeta_shape": [96, 96, 68, 5], "dcmmeta_slice_dim": 2, "dcmmeta_version": 0.6, "global": {"const": {"AcquisitionMatrix": [96, 0, 0, 96], "AngioFlag": "N", "BitsAllocated": 16, "BitsStored": 16, "BodyPartExamined": "BRAIN", "Columns": 864, "EchoNumbers": 1, "EchoTime": 36.0, "EchoTrainLength": 48, "FlipAngle": 90.0, "HighBit": 15, "ImageOrientationPatient": [0.99999328319866, -0.0030668963871, 0.0020069140793, 0.00366518179237, 0.83675871211279, -0.5475595165329], "ImagePositionPatient": [-1043.0036937764, -889.02026785016, 550.85228522204], "ImageType": ["ORIGINAL", "PRIMARY", "M", "ND", "NORM", "MOSAIC"], "ImagedNucleus": "1H", "ImagingFrequency": 123.193273, "InPlanePhaseEncodingDirection": "COL", "MRAcquisitionType": "2D", "MagneticFieldStrength": 3.0, "Manufacturer": "SIEMENS", "ManufacturerModelName": "Skyra", "Modality": "MR", "NumberOfAverages": 1.0, "NumberOfPhaseEncodingSteps": 96, "PercentPhaseFieldOfView": 100.0, "PercentSampling": 100.0, "PerformedProcedureStepStartTime": "071028.078000", "PhotometricInterpretation": "MONOCHROME2", "PixelBandwidth": 2005.0, "PixelRepresentation": 0, "PixelSpacing": [2.3958332538605, 2.3958332538605], "ProtocolName": "MB-SE_FieldMap_P-A", "RepetitionTime": 4550.0, "Rows": 864, "SAR": 0.39869714380936, "SamplesPerPixel": 1, "ScanOptions": "FS", "ScanningSequence": "EP", "SequenceName": "epse2d1_96", "SequenceVariant": "SK", "SeriesDescription": "MB-SE_FieldMap_P-A", "SeriesNumber": 7, "SeriesTime": "072630.609000", "SliceLocation": -25.861238686659, "SliceThickness": 2.0, "SmallestImagePixelValue": 0, "SoftwareVersions": "syngo MR D11", "SpacingBetweenSlices": 2.4000000344895, "SpecificCharacterSet": "ISO_IR 100", "StudyID": "1", "StudyTime": "071028.031000", "TransmitCoilName": "Body", "VariableFlipAngleFlag": "N", "WindowCenterWidthExplanation": "Algo1", "dBdt": 0.0}, "slices": {}}, "time": {"samples": {"AcquisitionNumber": [1, 2, 3, 4, 5], "AcquisitionTime": ["072609.777500", "072614.327500", "072618.877500", "072623.427500", "072627.977500"], "ContentTime": ["072630.609000", "072630.609000", "072630.609000", "072630.609000", "072630.625000"], "InstanceCreationTime": ["072630.609000", "072630.609000", "072630.609000", "072630.609000", "072630.625000"], "InstanceNumber": [1, 2, 3, 4, 5], "LargestImagePixelValue": [55633, 54310, 55045, 54000, 54369], "WindowCenter": [7254.0, 7254.0, 7264.0, 7254.0, 7261.0], "WindowWidth": [15401.0, 15415.0, 15433.0, 15418.0, 15425.0]}, "slices": {}}}