{"AcquisitionMatrixPE": 256, "AcquisitionNumber": 1, "AcquisitionTime": "07:58:42.190000", "BaseResolution": 256, "BodyPartExamined": "BRAIN", "ConsistencyInfo": "N4_VD11D_LATEST_20110129", "ConversionSoftware": "dcm2niix", "ConversionSoftwareVersion": "v1.0.20210317", "DeviceSerialNumber": "45239", "DwellTime": 3.4e-06, "EchoTime": 0.56, "EchoTrainLength": 292, "FlipAngle": 120, "ImageOrientationPatientDICOM": [0.0155447, 0.999281, -0.0345788, 0.0497358, -0.0353129, -0.998138], "ImageType": ["ORIGINAL", "PRIMARY", "M", "ND", "NORM"], "ImagingFrequency": 123.193, "InPlanePhaseEncodingDirectionDICOM": "ROW", "InstitutionAddress": "E 24th St. 100,Austin,Southmiddle,US,78712", "InstitutionName": "Univ of Texas at Austin", "InstitutionalDepartmentName": "IRC", "MRAcquisitionType": "3D", "MagneticFieldStrength": 3, "Manufacturer": "Siemens", "ManufacturersModelName": "Skyra", "Modality": "MR", "ParallelReductionFactorInPlane": 2, "PartialFourier": 1, "PatientPosition": "HFS", "PercentPhaseFOV": 100, "PercentSampling": 100, "PhaseEncodingDirection": "i", "PhaseEncodingSteps": 260, "PhaseOversampling": 0.1, "PhaseResolution": 1, "PixelBandwidth": 575, "ProcedureStepDescription": "Poldrack2^self-scanning", "ProtocolName": "T2w_SPC1_PMC", "PulseSequenceDetails": "%SiemensSeq%\\tse_vfl", "ReceiveCoilActiveElements": "HEA;HEP", "ReceiveCoilName": "Head_32", "ReconMatrixPE": 256, "RefLinesPE": 32, "RepetitionTime": 3.2, "SAR": 0.178672, "ScanOptions": "PFP", "ScanningSequence": "SE", "SequenceName": "*spc3d1_314ns", "SequenceVariant": "SK\\SP\\OSP", "SeriesDescription": "T2w_SPC1_PMC", "SeriesNumber": 17, "ShimSetting": [-2774, 7986, -15556, 88, -244, -117, 177, -55], "SliceThickness": 0.8, "SoftwareVersions": "syngo MR D11", "StationName": "AWP45239", "TxRefAmp": 353.054, "dcmmeta_affine": [[0.7989131808280945, 0.012447930872440338, 0.039827533066272736, -109.49695587158203], [-0.011036786250770092, 0.8002055287361145, -0.0282779261469841, -108.41779327392578], [-0.040199216455221176, 0.02769004926085472, 0.799290120601654, -78.0645980834961], [0.0, 0.0, 0.0, 1.0]], "dcmmeta_reorient_transform": [[0.0, 0.0, -1.0, 255.0], [0.0, -1.0, 0.0, 255.0], [-1.0, 0.0, 0.0, 255.0], [0.0, 0.0, 0.0, 1.0]], "dcmmeta_shape": [256, 256, 256], "dcmmeta_slice_dim": 0, "dcmmeta_version": 0.6, "global": {"const": {"AcquisitionMatrix": [0, 256, 256, 0], "AcquisitionNumber": 1, "AcquisitionTime": "075842.190000", "AngioFlag": "N", "BitsAllocated": 16, "BitsStored": 12, "BodyPartExamined": "BRAIN", "Columns": 256, "EchoNumbers": 1, "EchoTime": 560.0, "EchoTrainLength": 292, "FlipAngle": 120.0, "HighBit": 11, "ImageOrientationPatient": [0.01554473303636, 0.99928107577227, -0.0345787923189, 0.04973584612101, -0.0353129222269, -0.9981379379296], "ImageType": ["ORIGINAL", "PRIMARY", "M", "ND", "NORM"], "ImagedNucleus": "1H", "ImagingFrequency": 123.193401, "InPlanePhaseEncodingDirection": "ROW", "MRAcquisitionType": "3D", "MagneticFieldStrength": 3.0, "Manufacturer": "SIEMENS", "ManufacturerModelName": "Skyra", "Modality": "MR", "NumberOfAverages": 1.0, "NumberOfPhaseEncodingSteps": 260, "PercentPhaseFieldOfView": 100.0, "PercentSampling": 100.0, "PerformedProcedureStepStartTime": "072157.046000", "PhotometricInterpretation": "MONOCHROME2", "PixelBandwidth": 575.0, "PixelRepresentation": 0, "PixelSpacing": [0.80078125, 0.80078125], "ProtocolName": "T2w_SPC1_PMC", "RepetitionTime": 3200.0, "Rows": 256, "SAR": 0.17867238845908, "SamplesPerPixel": 1, "ScanOptions": "PFP", "ScanningSequence": "SE", "SequenceName": "*spc3d1_314ns", "SequenceVariant": ["SK", "SP", "OSP"], "SeriesDescription": "T2w_SPC1_PMC", "SeriesNumber": 17, "SeriesTime": "080538.468000", "SliceThickness": 0.80000001192093, "SmallestImagePixelValue": 0, "SoftwareVersions": "syngo MR D11", "SpecificCharacterSet": "ISO_IR 100", "StudyID": "1", "StudyTime": "072157.000000", "TransmitCoilName": "Body", "VariableFlipAngleFlag": "Y", "WindowCenterWidthExplanation": "Algo1", "dBdt": 0.0}, "slices": {"ContentTime": ["080545.359000", "080545.359000", "080545.359000", "080545.359000", "080545.359000", "080545.359000", "080545.359000", "080545.343000", "080545.343000", "080545.343000", "080545.343000", "080545.343000", "080545.343000", "080545.343000", "080545.343000", "080545.328000", "080545.328000", "080545.328000", "080545.328000", "080545.328000", "080545.312000", "080545.312000", "080545.312000", "080545.312000", "080545.312000", "080545.312000", "080545.312000", "080545.312000", "080545.296000", "080545.296000", "080545.296000", "080545.296000", "080545.296000", "080545.296000", "080545.296000", "080545.296000", "080545.281000", "080545.281000", "080545.281000", "080545.281000", "080545.281000", "080545.281000", "080545.265000", "080545.265000", "080545.265000", "080545.265000", "080545.265000", "080545.265000", "080545.250000", "080545.250000", "080545.250000", "080545.250000", "080545.250000", "080545.250000", "080545.250000", "080545.234000", "080545.234000", "080545.234000", "080545.234000", "080545.234000", "080545.234000", "080545.234000", "080545.218000", "080545.218000", "080545.218000", "080545.218000", "080545.218000", "080545.218000", "080545.218000", "080545.218000", "080545.218000", "080545.203000", "080545.203000", "080545.203000", "080545.203000", "080545.203000", "080545.203000", "080545.203000", "080545.203000", "080545.187000", "080545.187000", "080545.187000", "080545.187000", "080545.187000", "080545.187000", "080545.187000", "080545.187000", "080545.171000", "080545.171000", "080545.171000", "080545.171000", "080545.171000", "080545.171000", "080545.171000", "080545.171000", "080545.156000", "080545.156000", "080545.156000", "080545.156000", "080545.156000", "080545.140000", "080545.140000", "080545.140000", "080545.140000", "080545.140000", "080545.140000", "080545.140000", "080545.140000", "080545.125000", "080545.125000", "080545.125000", "080545.125000", "080545.125000", "080545.125000", "080545.109000", "080545.109000", "080545.109000", "080545.109000", "080545.109000", "080545.109000", "080545.109000", "080545.109000", "080545.093000", "080545.093000", "080545.093000", "080545.093000", "080545.093000", "080545.093000", "080545.093000", "080545.078000", "080545.078000", "080545.078000", "080545.078000", "080545.078000", "080545.078000", "080545.078000", "080545.062000", "080545.062000", "080545.062000", "080545.062000", "080545.062000", "080545.062000", "080545.062000", "080545.046000", "080545.046000", "080545.046000", "080545.046000", "080545.046000", "080545.046000", "080545.046000", "080545.046000", "080545.031000", "080538.703000", "080538.687000", "080538.687000", "080538.687000", "080538.687000", "080538.687000", "080538.687000", "080538.671000", "080538.671000", "080538.671000", "080538.671000", "080538.671000", "080538.671000", "080538.671000", "080538.656000", "080538.656000", "080538.656000", "080538.656000", "080538.656000", "080538.656000", "080538.656000", "080538.640000", "080538.640000", "080538.640000", "080538.640000", "080538.640000", "080538.640000", "080538.640000", "080538.640000", "080538.625000", "080538.625000", "080538.625000", "080538.625000", "080538.625000", "080538.625000", "080538.625000", "080538.625000", "080538.625000", "080538.609000", "080538.609000", "080538.609000", "080538.609000", "080538.609000", "080538.609000", "080538.609000", "080538.609000", "080538.609000", "080538.593000", "080538.593000", "080538.593000", "080538.593000", "080538.593000", "080538.593000", "080538.593000", "080538.593000", "080538.578000", "080538.578000", "080538.562000", "080538.562000", "080538.562000", "080538.562000", "080538.562000", "080538.546000", "080538.546000", "080538.546000", "080538.546000", "080538.546000", "080538.546000", "080538.546000", "080538.546000", "080538.531000", "080538.531000", "080538.531000", "080538.531000", "080538.531000", "080538.531000", "080538.531000", "080538.531000", "080538.515000", "080538.515000", "080538.515000", "080538.515000", "080538.515000", "080538.515000", "080538.515000", "080538.515000", "080538.500000", "080538.500000", "080538.500000", "080538.500000", "080538.500000", "080538.500000", "080538.500000", "080538.484000", "080538.484000", "080538.484000", "080538.484000", "080538.484000", "080538.484000", "080538.484000", "080538.484000", "080538.468000", "080538.468000", "080538.468000"], "CsaImage.Actual3DImaPartNumber": [255, 254, 253, 252, 251, 250, 249, 248, 247, 246, 245, 244, 243, 242, 241, 240, 239, 238, 237, 236, 235, 234, 233, 232, 231, 230, 229, 228, 227, 226, 225, 224, 223, 222, 221, 220, 219, 218, 217, 216, 215, 214, 213, 212, 211, 210, 209, 208, 207, 206, 205, 204, 203, 202, 201, 200, 199, 198, 197, 196, 195, 194, 193, 192, 191, 190, 189, 188, 187, 186, 185, 184, 183, 182, 181, 180, 179, 178, 177, 176, 175, 174, 173, 172, 171, 170, 169, 168, 167, 166, 165, 164, 163, 162, 161, 160, 159, 158, 157, 156, 155, 154, 153, 152, 151, 150, 149, 148, 147, 146, 145, 144, 143, 142, 141, 140, 139, 138, 137, 136, 135, 134, 133, 132, 131, 130, 129, 128, 127, 126, 125, 124, 123, 122, 121, 120, 119, 118, 117, 116, 115, 114, 113, 112, 111, 110, 109, 108, 107, 106, 105, 104, 103, 102, 101, 100, 99, 98, 97, 96, 95, 94, 93, 92, 91, 90, 89, 88, 87, 86, 85, 84, 83, 82, 81, 80, 79, 78, 77, 76, 75, 74, 73, 72, 71, 70, 69, 68, 67, 66, 65, 64, 63, 62, 61, 60, 59, 58, 57, 56, 55, 54, 53, 52, 51, 50, 49, 48, 47, 46, 45, 44, 43, 42, 41, 40, 39, 38, 37, 36, 35, 34, 33, 32, 31, 30, 29, 28, 27, 26, 25, 24, 23, 22, 21, 20, 19, 18, 17, 16, 15, 14, 13, 12, 11, 10, 9, 8, 7, 6, 5, 4, 3, 2, 1, 0], "CsaImage.ICE_Dims": ["X_1_1_1_1_1_256_1_1_1_1_1_576", "X_1_1_1_1_1_255_1_1_1_1_1_576", "X_1_1_1_1_1_254_1_1_1_1_1_576", "X_1_1_1_1_1_253_1_1_1_1_1_576", "X_1_1_1_1_1_252_1_1_1_1_1_576", "X_1_1_1_1_1_251_1_1_1_1_1_576", "X_1_1_1_1_1_250_1_1_1_1_1_576", "X_1_1_1_1_1_249_1_1_1_1_1_576", "X_1_1_1_1_1_248_1_1_1_1_1_576", "X_1_1_1_1_1_247_1_1_1_1_1_576", "X_1_1_1_1_1_246_1_1_1_1_1_576", "X_1_1_1_1_1_245_1_1_1_1_1_576", "X_1_1_1_1_1_244_1_1_1_1_1_576", "X_1_1_1_1_1_243_1_1_1_1_1_576", "X_1_1_1_1_1_242_1_1_1_1_1_576", "X_1_1_1_1_1_241_1_1_1_1_1_576", "X_1_1_1_1_1_240_1_1_1_1_1_576", "X_1_1_1_1_1_239_1_1_1_1_1_576", "X_1_1_1_1_1_238_1_1_1_1_1_576", "X_1_1_1_1_1_237_1_1_1_1_1_576", "X_1_1_1_1_1_236_1_1_1_1_1_576", "X_1_1_1_1_1_235_1_1_1_1_1_576", "X_1_1_1_1_1_234_1_1_1_1_1_576", "X_1_1_1_1_1_233_1_1_1_1_1_576", "X_1_1_1_1_1_232_1_1_1_1_1_576", "X_1_1_1_1_1_231_1_1_1_1_1_576", "X_1_1_1_1_1_230_1_1_1_1_1_576", "X_1_1_1_1_1_229_1_1_1_1_1_576", "X_1_1_1_1_1_228_1_1_1_1_1_576", "X_1_1_1_1_1_227_1_1_1_1_1_576", "X_1_1_1_1_1_226_1_1_1_1_1_576", "X_1_1_1_1_1_225_1_1_1_1_1_576", "X_1_1_1_1_1_224_1_1_1_1_1_576", "X_1_1_1_1_1_223_1_1_1_1_1_576", "X_1_1_1_1_1_222_1_1_1_1_1_576", "X_1_1_1_1_1_221_1_1_1_1_1_576", "X_1_1_1_1_1_220_1_1_1_1_1_576", "X_1_1_1_1_1_219_1_1_1_1_1_576", "X_1_1_1_1_1_218_1_1_1_1_1_576", "X_1_1_1_1_1_217_1_1_1_1_1_576", "X_1_1_1_1_1_216_1_1_1_1_1_576", "X_1_1_1_1_1_215_1_1_1_1_1_576", "X_1_1_1_1_1_214_1_1_1_1_1_576", "X_1_1_1_1_1_213_1_1_1_1_1_576", "X_1_1_1_1_1_212_1_1_1_1_1_576", "X_1_1_1_1_1_211_1_1_1_1_1_576", "X_1_1_1_1_1_210_1_1_1_1_1_576", "X_1_1_1_1_1_209_1_1_1_1_1_576", "X_1_1_1_1_1_208_1_1_1_1_1_576", "X_1_1_1_1_1_207_1_1_1_1_1_576", "X_1_1_1_1_1_206_1_1_1_1_1_576", "X_1_1_1_1_1_205_1_1_1_1_1_576", "X_1_1_1_1_1_204_1_1_1_1_1_576", "X_1_1_1_1_1_203_1_1_1_1_1_576", "X_1_1_1_1_1_202_1_1_1_1_1_576", "X_1_1_1_1_1_201_1_1_1_1_1_576", "X_1_1_1_1_1_200_1_1_1_1_1_576", "X_1_1_1_1_1_199_1_1_1_1_1_576", "X_1_1_1_1_1_198_1_1_1_1_1_576", "X_1_1_1_1_1_197_1_1_1_1_1_576", "X_1_1_1_1_1_196_1_1_1_1_1_576", "X_1_1_1_1_1_195_1_1_1_1_1_576", "X_1_1_1_1_1_194_1_1_1_1_1_576", "X_1_1_1_1_1_193_1_1_1_1_1_576", "X_1_1_1_1_1_192_1_1_1_1_1_576", "X_1_1_1_1_1_191_1_1_1_1_1_576", "X_1_1_1_1_1_190_1_1_1_1_1_576", "X_1_1_1_1_1_189_1_1_1_1_1_576", "X_1_1_1_1_1_188_1_1_1_1_1_576", "X_1_1_1_1_1_187_1_1_1_1_1_576", "X_1_1_1_1_1_186_1_1_1_1_1_576", "X_1_1_1_1_1_185_1_1_1_1_1_576", "X_1_1_1_1_1_184_1_1_1_1_1_576", "X_1_1_1_1_1_183_1_1_1_1_1_576", "X_1_1_1_1_1_182_1_1_1_1_1_576", "X_1_1_1_1_1_181_1_1_1_1_1_576", "X_1_1_1_1_1_180_1_1_1_1_1_576", "X_1_1_1_1_1_179_1_1_1_1_1_576", "X_1_1_1_1_1_178_1_1_1_1_1_576", "X_1_1_1_1_1_177_1_1_1_1_1_576", "X_1_1_1_1_1_176_1_1_1_1_1_576", "X_1_1_1_1_1_175_1_1_1_1_1_576", "X_1_1_1_1_1_174_1_1_1_1_1_576", "X_1_1_1_1_1_173_1_1_1_1_1_576", "X_1_1_1_1_1_172_1_1_1_1_1_576", "X_1_1_1_1_1_171_1_1_1_1_1_576", "X_1_1_1_1_1_170_1_1_1_1_1_576", "X_1_1_1_1_1_169_1_1_1_1_1_576", "X_1_1_1_1_1_168_1_1_1_1_1_576", "X_1_1_1_1_1_167_1_1_1_1_1_576", "X_1_1_1_1_1_166_1_1_1_1_1_576", "X_1_1_1_1_1_165_1_1_1_1_1_576", "X_1_1_1_1_1_164_1_1_1_1_1_576", "X_1_1_1_1_1_163_1_1_1_1_1_576", "X_1_1_1_1_1_162_1_1_1_1_1_576", "X_1_1_1_1_1_161_1_1_1_1_1_576", "X_1_1_1_1_1_160_1_1_1_1_1_576", "X_1_1_1_1_1_159_1_1_1_1_1_576", "X_1_1_1_1_1_158_1_1_1_1_1_576", "X_1_1_1_1_1_157_1_1_1_1_1_576", "X_1_1_1_1_1_156_1_1_1_1_1_576", "X_1_1_1_1_1_155_1_1_1_1_1_576", "X_1_1_1_1_1_154_1_1_1_1_1_576", "X_1_1_1_1_1_153_1_1_1_1_1_576", "X_1_1_1_1_1_152_1_1_1_1_1_576", "X_1_1_1_1_1_151_1_1_1_1_1_576", "X_1_1_1_1_1_150_1_1_1_1_1_576", "X_1_1_1_1_1_149_1_1_1_1_1_576", "X_1_1_1_1_1_148_1_1_1_1_1_576", "X_1_1_1_1_1_147_1_1_1_1_1_576", "X_1_1_1_1_1_146_1_1_1_1_1_576", "X_1_1_1_1_1_145_1_1_1_1_1_576", "X_1_1_1_1_1_144_1_1_1_1_1_576", "X_1_1_1_1_1_143_1_1_1_1_1_576", "X_1_1_1_1_1_142_1_1_1_1_1_576", "X_1_1_1_1_1_141_1_1_1_1_1_576", "X_1_1_1_1_1_140_1_1_1_1_1_576", "X_1_1_1_1_1_139_1_1_1_1_1_576", "X_1_1_1_1_1_138_1_1_1_1_1_576", "X_1_1_1_1_1_137_1_1_1_1_1_576", "X_1_1_1_1_1_136_1_1_1_1_1_576", "X_1_1_1_1_1_135_1_1_1_1_1_576", "X_1_1_1_1_1_134_1_1_1_1_1_576", "X_1_1_1_1_1_133_1_1_1_1_1_576", "X_1_1_1_1_1_132_1_1_1_1_1_576", "X_1_1_1_1_1_131_1_1_1_1_1_576", "X_1_1_1_1_1_130_1_1_1_1_1_576", "X_1_1_1_1_1_129_1_1_1_1_1_576", "X_1_1_1_1_1_128_1_1_1_1_1_576", "X_1_1_1_1_1_127_1_1_1_1_1_576", "X_1_1_1_1_1_126_1_1_1_1_1_576", "X_1_1_1_1_1_125_1_1_1_1_1_576", "X_1_1_1_1_1_124_1_1_1_1_1_576", "X_1_1_1_1_1_123_1_1_1_1_1_576", "X_1_1_1_1_1_122_1_1_1_1_1_576", "X_1_1_1_1_1_121_1_1_1_1_1_576", "X_1_1_1_1_1_120_1_1_1_1_1_576", "X_1_1_1_1_1_119_1_1_1_1_1_576", "X_1_1_1_1_1_118_1_1_1_1_1_576", "X_1_1_1_1_1_117_1_1_1_1_1_576", "X_1_1_1_1_1_116_1_1_1_1_1_576", "X_1_1_1_1_1_115_1_1_1_1_1_576", "X_1_1_1_1_1_114_1_1_1_1_1_576", "X_1_1_1_1_1_113_1_1_1_1_1_576", "X_1_1_1_1_1_112_1_1_1_1_1_576", "X_1_1_1_1_1_111_1_1_1_1_1_576", "X_1_1_1_1_1_110_1_1_1_1_1_576", "X_1_1_1_1_1_109_1_1_1_1_1_576", "X_1_1_1_1_1_108_1_1_1_1_1_576", "X_1_1_1_1_1_107_1_1_1_1_1_576", "X_1_1_1_1_1_106_1_1_1_1_1_576", "X_1_1_1_1_1_105_1_1_1_1_1_576", "X_1_1_1_1_1_104_1_1_1_1_1_576", "X_1_1_1_1_1_103_1_1_1_1_1_576", "X_1_1_1_1_1_102_1_1_1_1_1_576", "X_1_1_1_1_1_101_1_1_1_1_1_576", "X_1_1_1_1_1_100_1_1_1_1_1_576", "X_1_1_1_1_1_99_1_1_1_1_1_576", "X_1_1_1_1_1_98_1_1_1_1_1_576", "X_1_1_1_1_1_97_1_1_1_1_1_576", "X_1_1_1_1_1_96_1_1_1_1_1_576", "X_1_1_1_1_1_95_1_1_1_1_1_576", "X_1_1_1_1_1_94_1_1_1_1_1_576", "X_1_1_1_1_1_93_1_1_1_1_1_576", "X_1_1_1_1_1_92_1_1_1_1_1_576", "X_1_1_1_1_1_91_1_1_1_1_1_576", "X_1_1_1_1_1_90_1_1_1_1_1_576", "X_1_1_1_1_1_89_1_1_1_1_1_576", "X_1_1_1_1_1_88_1_1_1_1_1_576", "X_1_1_1_1_1_87_1_1_1_1_1_576", "X_1_1_1_1_1_86_1_1_1_1_1_576", "X_1_1_1_1_1_85_1_1_1_1_1_576", "X_1_1_1_1_1_84_1_1_1_1_1_576", "X_1_1_1_1_1_83_1_1_1_1_1_576", "X_1_1_1_1_1_82_1_1_1_1_1_576", "X_1_1_1_1_1_81_1_1_1_1_1_576", "X_1_1_1_1_1_80_1_1_1_1_1_576", "X_1_1_1_1_1_79_1_1_1_1_1_576", "X_1_1_1_1_1_78_1_1_1_1_1_576", "X_1_1_1_1_1_77_1_1_1_1_1_576", "X_1_1_1_1_1_76_1_1_1_1_1_576", "X_1_1_1_1_1_75_1_1_1_1_1_576", "X_1_1_1_1_1_74_1_1_1_1_1_576", "X_1_1_1_1_1_73_1_1_1_1_1_576", "X_1_1_1_1_1_72_1_1_1_1_1_576", "X_1_1_1_1_1_71_1_1_1_1_1_576", "X_1_1_1_1_1_70_1_1_1_1_1_576", "X_1_1_1_1_1_69_1_1_1_1_1_576", "X_1_1_1_1_1_68_1_1_1_1_1_576", "X_1_1_1_1_1_67_1_1_1_1_1_576", "X_1_1_1_1_1_66_1_1_1_1_1_576", "X_1_1_1_1_1_65_1_1_1_1_1_576", "X_1_1_1_1_1_64_1_1_1_1_1_576", "X_1_1_1_1_1_63_1_1_1_1_1_576", "X_1_1_1_1_1_62_1_1_1_1_1_576", "X_1_1_1_1_1_61_1_1_1_1_1_576", "X_1_1_1_1_1_60_1_1_1_1_1_576", "X_1_1_1_1_1_59_1_1_1_1_1_576", "X_1_1_1_1_1_58_1_1_1_1_1_576", "X_1_1_1_1_1_57_1_1_1_1_1_576", "X_1_1_1_1_1_56_1_1_1_1_1_576", "X_1_1_1_1_1_55_1_1_1_1_1_576", "X_1_1_1_1_1_54_1_1_1_1_1_576", "X_1_1_1_1_1_53_1_1_1_1_1_576", "X_1_1_1_1_1_52_1_1_1_1_1_576", "X_1_1_1_1_1_51_1_1_1_1_1_576", "X_1_1_1_1_1_50_1_1_1_1_1_576", "X_1_1_1_1_1_49_1_1_1_1_1_576", "X_1_1_1_1_1_48_1_1_1_1_1_576", "X_1_1_1_1_1_47_1_1_1_1_1_576", "X_1_1_1_1_1_46_1_1_1_1_1_576", "X_1_1_1_1_1_45_1_1_1_1_1_576", "X_1_1_1_1_1_44_1_1_1_1_1_576", "X_1_1_1_1_1_43_1_1_1_1_1_576", "X_1_1_1_1_1_42_1_1_1_1_1_576", "X_1_1_1_1_1_41_1_1_1_1_1_576", "X_1_1_1_1_1_40_1_1_1_1_1_576", "X_1_1_1_1_1_39_1_1_1_1_1_576", "X_1_1_1_1_1_38_1_1_1_1_1_576", "X_1_1_1_1_1_37_1_1_1_1_1_576", "X_1_1_1_1_1_36_1_1_1_1_1_576", "X_1_1_1_1_1_35_1_1_1_1_1_576", "X_1_1_1_1_1_34_1_1_1_1_1_576", "X_1_1_1_1_1_33_1_1_1_1_1_576", "X_1_1_1_1_1_32_1_1_1_1_1_576", "X_1_1_1_1_1_31_1_1_1_1_1_576", "X_1_1_1_1_1_30_1_1_1_1_1_576", "X_1_1_1_1_1_29_1_1_1_1_1_576", "X_1_1_1_1_1_28_1_1_1_1_1_576", "X_1_1_1_1_1_27_1_1_1_1_1_576", "X_1_1_1_1_1_26_1_1_1_1_1_576", "X_1_1_1_1_1_25_1_1_1_1_1_576", "X_1_1_1_1_1_24_1_1_1_1_1_576", "X_1_1_1_1_1_23_1_1_1_1_1_576", "X_1_1_1_1_1_22_1_1_1_1_1_576", "X_1_1_1_1_1_21_1_1_1_1_1_576", "X_1_1_1_1_1_20_1_1_1_1_1_576", "X_1_1_1_1_1_19_1_1_1_1_1_576", "X_1_1_1_1_1_18_1_1_1_1_1_576", "X_1_1_1_1_1_17_1_1_1_1_1_576", "X_1_1_1_1_1_16_1_1_1_1_1_576", "X_1_1_1_1_1_15_1_1_1_1_1_576", "X_1_1_1_1_1_14_1_1_1_1_1_576", "X_1_1_1_1_1_13_1_1_1_1_1_576", "X_1_1_1_1_1_12_1_1_1_1_1_576", "X_1_1_1_1_1_11_1_1_1_1_1_576", "X_1_1_1_1_1_10_1_1_1_1_1_576", "X_1_1_1_1_1_9_1_1_1_1_1_576", "X_1_1_1_1_1_8_1_1_1_1_1_576", "X_1_1_1_1_1_7_1_1_1_1_1_576", "X_1_1_1_1_1_6_1_1_1_1_1_576", "X_1_1_1_1_1_5_1_1_1_1_1_576", "X_1_1_1_1_1_4_1_1_1_1_1_576", "X_1_1_1_1_1_3_1_1_1_1_1_576", "X_1_1_1_1_1_2_1_1_1_1_1_576", "X_1_1_1_1_1_1_1_1_1_1_1_576"], "CsaImage.SlicePosition_PCS": [[96.16671321, -88.42375051, 132.81534794], [95.36780005, -88.41271373, 132.77514873], [94.5688869, -88.40167694, 132.73494951], [93.76997374, -88.39064016, 132.6947503], [92.97106058, -88.37960337, 132.65455108], [92.17214743, -88.36856658, 132.61435186], [91.37323427, -88.3575298, 132.57415265], [90.57432112, -88.34649301, 132.53395343], [89.77540796, -88.33545623, 132.49375421], [88.9764948, -88.32441944, 132.453555], [88.17758165, -88.31338265, 132.41335578], [87.37866849, -88.30234587, 132.37315656], [86.57975533, -88.29130908, 132.33295735], [85.78084218, -88.2802723, 132.29275813], [84.98192902, -88.26923551, 132.25255891], [84.18301586, -88.25819872, 132.2123597], [83.38410271, -88.24716194, 132.17216048], [82.58518955, -88.23612515, 132.13196127], [81.7862764, -88.22508837, 132.09176205], [80.98736324, -88.21405158, 132.05156283], [80.18845008, -88.20301479, 132.01136362], [79.38953693, -88.19197801, 131.9711644], [78.59062377, -88.18094122, 131.93096518], [77.79171061, -88.16990444, 131.89076597], [76.99279746, -88.15886765, 131.85056675], [76.1938843, -88.14783086, 131.81036753], [75.39497114, -88.13679408, 131.77016832], [74.59605799, -88.12575729, 131.7299691], [73.79714483, -88.11472051, 131.68976989], [72.99823168, -88.10368372, 131.64957067], [72.19931852, -88.09264693, 131.60937145], [71.40040536, -88.08161015, 131.56917224], [70.60149221, -88.07057336, 131.52897302], [69.80257905, -88.05953658, 131.4887738], [69.00366589, -88.04849979, 131.44857459], [68.20475274, -88.037463, 131.40837537], [67.40583958, -88.02642622, 131.36817615], [66.60692642, -88.01538943, 131.32797694], [65.80801327, -88.00435265, 131.28777772], [65.00910011, -87.99331586, 131.2475785], [64.21018696, -87.98227907, 131.20737929], [63.4112738, -87.97124229, 131.16718007], [62.61236064, -87.9602055, 131.12698086], [61.81344749, -87.94916872, 131.08678164], [61.01453433, -87.93813193, 131.04658242], [60.21562117, -87.92709514, 131.00638321], [59.41670802, -87.91605836, 130.96618399], [58.61779486, -87.90502157, 130.92598477], [57.8188817, -87.89398479, 130.88578556], [57.01996855, -87.882948, 130.84558634], [56.22105539, -87.87191121, 130.80538712], [55.42214223, -87.86087443, 130.76518791], [54.62322908, -87.84983764, 130.72498869], [53.82431592, -87.83880086, 130.68478947], [53.02540277, -87.82776407, 130.64459026], [52.22648961, -87.81672728, 130.60439104], [51.42757645, -87.8056905, 130.56419183], [50.6286633, -87.79465371, 130.52399261], [49.82975014, -87.78361693, 130.48379339], [49.03083698, -87.77258014, 130.44359418], [48.23192383, -87.76154335, 130.40339496], [47.43301067, -87.75050657, 130.36319574], [46.63409751, -87.73946978, 130.32299653], [45.83518436, -87.728433, 130.28279731], [45.0362712, -87.71739621, 130.24259809], [44.23735805, -87.70635942, 130.20239888], [43.43844489, -87.69532264, 130.16219966], [42.63953173, -87.68428585, 130.12200045], [41.84061858, -87.67324907, 130.08180123], [41.04170542, -87.66221228, 130.04160201], [40.24279226, -87.6511755, 130.0014028], [39.44387911, -87.64013871, 129.96120358], [38.64496595, -87.62910192, 129.92100436], [37.84605279, -87.61806514, 129.88080515], [37.04713964, -87.60702835, 129.84060593], [36.24822648, -87.59599157, 129.80040671], [35.44931333, -87.58495478, 129.7602075], [34.65040017, -87.57391799, 129.72000828], [33.85148701, -87.56288121, 129.67980906], [33.05257386, -87.55184442, 129.63960985], [32.2536607, -87.54080764, 129.59941063], [31.45474754, -87.52977085, 129.55921142], [30.65583439, -87.51873406, 129.5190122], [29.85692123, -87.50769728, 129.47881298], [29.05800807, -87.49666049, 129.43861377], [28.25909492, -87.48562371, 129.39841455], [27.46018176, -87.47458692, 129.35821533], [26.66126861, -87.46355013, 129.31801612], [25.86235545, -87.45251335, 129.2778169], [25.06344229, -87.44147656, 129.23761768], [24.26452914, -87.43043978, 129.19741847], [23.46561598, -87.41940299, 129.15721925], [22.66670282, -87.4083662, 129.11702003], [21.86778967, -87.39732942, 129.07682082], [21.06887651, -87.38629263, 129.0366216], [20.26996335, -87.37525585, 128.99642239], [19.4710502, -87.36421906, 128.95622317], [18.67213704, -87.35318227, 128.91602395], [17.87322389, -87.34214549, 128.87582474], [17.07431073, -87.3311087, 128.83562552], [16.27539757, -87.32007192, 128.7954263], [15.47648442, -87.30903513, 128.75522709], [14.67757126, -87.29799834, 128.71502787], [13.8786581, -87.28696156, 128.67482865], [13.07974495, -87.27592477, 128.63462944], [12.28083179, -87.26488799, 128.59443022], [11.48191863, -87.2538512, 128.55423101], [10.68300548, -87.24281441, 128.51403179], [9.88409232, -87.23177763, 128.47383257], [9.08517917, -87.22074084, 128.43363336], [8.28626601, -87.20970406, 128.39343414], [7.48735285, -87.19866727, 128.35323492], [6.6884397, -87.18763048, 128.31303571], [5.88952654, -87.1765937, 128.27283649], [5.09061338, -87.16555691, 128.23263727], [4.29170023, -87.15452013, 128.19243806], [3.49278707, -87.14348334, 128.15223884], [2.69387391, -87.13244655, 128.11203962], [1.89496076, -87.12140977, 128.07184041], [1.0960476, -87.11037298, 128.03164119], [0.29713445, -87.0993362, 127.99144198], [-0.50177871, -87.08829941, 127.95124276], [-1.30069187, -87.07726262, 127.91104354], [-2.09960502, -87.06622584, 127.87084433], [-2.89851818, -87.05518905, 127.83064511], [-3.69743134, -87.04415227, 127.79044589], [-4.49634449, -87.03311548, 127.75024668], [-5.29525765, -87.02207869, 127.71004746], [-6.09417081, -87.01104191, 127.66984824], [-6.89308396, -87.00000512, 127.62964903], [-7.69199712, -86.98896834, 127.58944981], [-8.49091027, -86.97793155, 127.54925059], [-9.28982343, -86.96689476, 127.50905138], [-10.08873659, -86.95585798, 127.46885216], [-10.88764974, -86.94482119, 127.42865295], [-11.6865629, -86.93378441, 127.38845373], [-12.48547606, -86.92274762, 127.34825451], [-13.28438921, -86.91171083, 127.3080553], [-14.08330237, -86.90067405, 127.26785608], [-14.88221553, -86.88963726, 127.22765686], [-15.68112868, -86.87860048, 127.18745765], [-16.48004184, -86.86756369, 127.14725843], [-17.278955, -86.8565269, 127.10705921], [-18.07786815, -86.84549012, 127.06686], [-18.87678131, -86.83445333, 127.02666078], [-19.67569446, -86.82341655, 126.98646156], [-20.47460762, -86.81237976, 126.94626235], [-21.27352078, -86.80134297, 126.90606313], [-22.07243393, -86.79030619, 126.86586392], [-22.87134709, -86.7792694, 126.8256647], [-23.67026025, -86.76823262, 126.78546548], [-24.4691734, -86.75719583, 126.74526627], [-25.26808656, -86.74615904, 126.70506705], [-26.06699972, -86.73512226, 126.66486783], [-26.86591287, -86.72408547, 126.62466862], [-27.66482603, -86.71304869, 126.5844694], [-28.46373918, -86.7020119, 126.54427018], [-29.26265234, -86.69097511, 126.50407097], [-30.0615655, -86.67993833, 126.46387175], [-30.86047865, -86.66890154, 126.42367254], [-31.65939181, -86.65786476, 126.38347332], [-32.45830497, -86.64682797, 126.3432741], [-33.25721812, -86.63579118, 126.30307489], [-34.05613128, -86.6247544, 126.26287567], [-34.85504444, -86.61371761, 126.22267645], [-35.65395759, -86.60268083, 126.18247724], [-36.45287075, -86.59164404, 126.14227802], [-37.2517839, -86.58060725, 126.1020788], [-38.05069706, -86.56957047, 126.06187959], [-38.84961022, -86.55853368, 126.02168037], [-39.64852337, -86.5474969, 125.98148115], [-40.44743653, -86.53646011, 125.94128194], [-41.24634969, -86.52542332, 125.90108272], [-42.04526284, -86.51438654, 125.86088351], [-42.844176, -86.50334975, 125.82068429], [-43.64308916, -86.49231297, 125.78048507], [-44.44200231, -86.48127618, 125.74028586], [-45.24091547, -86.47023939, 125.70008664], [-46.03982862, -86.45920261, 125.65988742], [-46.83874178, -86.44816582, 125.61968821], [-47.63765494, -86.43712904, 125.57948899], [-48.43656809, -86.42609225, 125.53928977], [-49.23548125, -86.41505546, 125.49909056], [-50.03439441, -86.40401868, 125.45889134], [-50.83330756, -86.39298189, 125.41869212], [-51.63222072, -86.38194511, 125.37849291], [-52.43113388, -86.37090832, 125.33829369], [-53.23004703, -86.35987153, 125.29809448], [-54.02896019, -86.34883475, 125.25789526], [-54.82787334, -86.33779796, 125.21769604], [-55.6267865, -86.32676118, 125.17749683], [-56.42569966, -86.31572439, 125.13729761], [-57.22461281, -86.3046876, 125.09709839], [-58.02352597, -86.29365082, 125.05689918], [-58.82243913, -86.28261403, 125.01669996], [-59.62135228, -86.27157725, 124.97650074], [-60.42026544, -86.26054046, 124.93630153], [-61.2191786, -86.24950367, 124.89610231], [-62.01809175, -86.23846689, 124.8559031], [-62.81700491, -86.2274301, 124.81570388], [-63.61591806, -86.21639332, 124.77550466], [-64.41483122, -86.20535653, 124.73530545], [-65.21374438, -86.19431974, 124.69510623], [-66.01265753, -86.18328296, 124.65490701], [-66.81157069, -86.17224617, 124.6147078], [-67.61048385, -86.16120939, 124.57450858], [-68.409397, -86.1501726, 124.53430936], [-69.20831016, -86.13913581, 124.49411015], [-70.00722332, -86.12809903, 124.45391093], [-70.80613647, -86.11706224, 124.41371171], [-71.60504963, -86.10602546, 124.3735125], [-72.40396278, -86.09498867, 124.33331328], [-73.20287594, -86.08395188, 124.29311407], [-74.0017891, -86.0729151, 124.25291485], [-74.80070225, -86.06187831, 124.21271563], [-75.59961541, -86.05084153, 124.17251642], [-76.39852857, -86.03980474, 124.1323172], [-77.19744172, -86.02876795, 124.09211798], [-77.99635488, -86.01773117, 124.05191877], [-78.79526804, -86.00669438, 124.01171955], [-79.59418119, -85.9956576, 123.97152033], [-80.39309435, -85.98462081, 123.93132112], [-81.19200751, -85.97358402, 123.8911219], [-81.99092066, -85.96254724, 123.85092268], [-82.78983382, -85.95151045, 123.81072347], [-83.58874697, -85.94047367, 123.77052425], [-84.38766013, -85.92943688, 123.73032504], [-85.18657329, -85.91840009, 123.69012582], [-85.98548644, -85.90736331, 123.6499266], [-86.7843996, -85.89632652, 123.60972739], [-87.58331276, -85.88528974, 123.56952817], [-88.38222591, -85.87425295, 123.52932895], [-89.18113907, -85.86321616, 123.48912974], [-89.98005223, -85.85217938, 123.44893052], [-90.77896538, -85.84114259, 123.4087313], [-91.57787854, -85.83010581, 123.36853209], [-92.37679169, -85.81906902, 123.32833287], [-93.17570485, -85.80803223, 123.28813366], [-93.97461801, -85.79699545, 123.24793444], [-94.77353116, -85.78595866, 123.20773522], [-95.57244432, -85.77492188, 123.16753601], [-96.37135748, -85.76388509, 123.12733679], [-97.17027063, -85.7528483, 123.08713757], [-97.96918379, -85.74181152, 123.04693836], [-98.76809695, -85.73077473, 123.00673914], [-99.5670101, -85.71973795, 122.96653992], [-100.36592326, -85.70870116, 122.92634071], [-101.16483641, -85.69766437, 122.88614149], [-101.96374957, -85.68662759, 122.84594227], [-102.76266273, -85.6755908, 122.80574306], [-103.56157588, -85.66455402, 122.76554384], [-104.36048904, -85.65351723, 122.72534463], [-105.1594022, -85.64248044, 122.68514541], [-105.95831535, -85.63144366, 122.64494619], [-106.75722851, -85.62040687, 122.60474698], [-107.55614167, -85.60937009, 122.56454776]], "ImagePositionPatient": [[96.166713210103, -88.423750514483, 132.81534794459], [95.367800053728, -88.412713728491, 132.77514872818], [94.568886897354, -88.401676942498, 132.73494951177], [93.769973740979, -88.390640156506, 132.69475029536], [92.971060584604, -88.379603370514, 132.65455107895], [92.17214742823, -88.368566584522, 132.61435186254], [91.373234271855, -88.357529798529, 132.57415264612], [90.574321115481, -88.346493012537, 132.53395342971], [89.775407959106, -88.335456226545, 132.4937542133], [88.976494802731, -88.324419440553, 132.45355499689], [88.177581646357, -88.31338265456, 132.41335578048], [87.378668489982, -88.302345868568, 132.37315656407], [86.579755333608, -88.291309082576, 132.33295734766], [85.780842177233, -88.280272296584, 132.29275813125], [84.981929020859, -88.269235510591, 132.25255891484], [84.183015864484, -88.258198724599, 132.21235969843], [83.384102708109, -88.247161938607, 132.17216048201], [82.585189551735, -88.236125152615, 132.1319612656], [81.78627639536, -88.225088366622, 132.09176204919], [80.987363238986, -88.21405158063, 132.05156283278], [80.188450082611, -88.203014794638, 132.01136361637], [79.389536926237, -88.191978008645, 131.97116439996], [78.590623769862, -88.180941222653, 131.93096518355], [77.791710613487, -88.169904436661, 131.89076596714], [76.992797457113, -88.158867650669, 131.85056675073], [76.193884300738, -88.147830864676, 131.81036753431], [75.394971144364, -88.136794078684, 131.7701683179], [74.596057987989, -88.125757292692, 131.72996910149], [73.797144831615, -88.1147205067, 131.68976988508], [72.99823167524, -88.103683720707, 131.64957066867], [72.199318518865, -88.092646934715, 131.60937145226], [71.400405362491, -88.081610148723, 131.56917223585], [70.601492206116, -88.070573362731, 131.52897301944], [69.802579049742, -88.059536576738, 131.48877380303], [69.003665893367, -88.048499790746, 131.44857458662], [68.204752736993, -88.037463004754, 131.4083753702], [67.405839580618, -88.026426218762, 131.36817615379], [66.606926424243, -88.015389432769, 131.32797693738], [65.808013267869, -88.004352646777, 131.28777772097], [65.009100111494, -87.993315860785, 131.24757850456], [64.21018695512, -87.982279074792, 131.20737928815], [63.411273798745, -87.9712422888, 131.16718007174], [62.61236064237, -87.960205502808, 131.12698085533], [61.813447485996, -87.949168716816, 131.08678163892], [61.014534329621, -87.938131930823, 131.04658242251], [60.215621173247, -87.927095144831, 131.00638320609], [59.416708016872, -87.916058358839, 130.96618398968], [58.617794860498, -87.905021572847, 130.92598477327], [57.818881704123, -87.893984786854, 130.88578555686], [57.019968547748, -87.882948000862, 130.84558634045], [56.221055391374, -87.87191121487, 130.80538712404], [55.422142234999, -87.860874428878, 130.76518790763], [54.623229078625, -87.849837642885, 130.72498869122], [53.82431592225, -87.838800856893, 130.68478947481], [53.025402765876, -87.827764070901, 130.6445902584], [52.226489609501, -87.816727284908, 130.60439104198], [51.427576453126, -87.805690498916, 130.56419182557], [50.628663296752, -87.794653712924, 130.52399260916], [49.829750140377, -87.783616926932, 130.48379339275], [49.030836984003, -87.772580140939, 130.44359417634], [48.231923827628, -87.761543354947, 130.40339495993], [47.433010671254, -87.750506568955, 130.36319574352], [46.634097514879, -87.739469782963, 130.32299652711], [45.835184358504, -87.72843299697, 130.2827973107], [45.03627120213, -87.717396210978, 130.24259809429], [44.237358045755, -87.706359424986, 130.20239887787], [43.438444889381, -87.695322638994, 130.16219966146], [42.639531733006, -87.684285853001, 130.12200044505], [41.840618576632, -87.673249067009, 130.08180122864], [41.041705420257, -87.662212281017, 130.04160201223], [40.242792263882, -87.651175495025, 130.00140279582], [39.443879107508, -87.640138709032, 129.96120357941], [38.644965951133, -87.62910192304, 129.921004363], [37.846052794759, -87.618065137048, 129.88080514659], [37.047139638384, -87.607028351055, 129.84060593018], [36.248226482009, -87.595991565063, 129.80040671376], [35.449313325635, -87.584954779071, 129.76020749735], [34.65040016926, -87.573917993079, 129.72000828094], [33.851487012886, -87.562881207086, 129.67980906453], [33.052573856511, -87.551844421094, 129.63960984812], [32.253660700137, -87.540807635102, 129.59941063171], [31.454747543762, -87.52977084911, 129.5592114153], [30.655834387387, -87.518734063117, 129.51901219889], [29.856921231013, -87.507697277125, 129.47881298248], [29.058008074638, -87.496660491133, 129.43861376606], [28.259094918264, -87.485623705141, 129.39841454965], [27.460181761889, -87.474586919148, 129.35821533324], [26.661268605515, -87.463550133156, 129.31801611683], [25.86235544914, -87.452513347164, 129.27781690042], [25.063442292765, -87.441476561172, 129.23761768401], [24.264529136391, -87.430439775179, 129.1974184676], [23.465615980016, -87.419402989187, 129.15721925119], [22.666702823642, -87.408366203195, 129.11702003478], [21.867789667267, -87.397329417202, 129.07682081837], [21.068876510893, -87.38629263121, 129.03662160195], [20.269963354518, -87.375255845218, 128.99642238554], [19.471050198143, -87.364219059226, 128.95622316913], [18.672137041769, -87.353182273233, 128.91602395272], [17.873223885394, -87.342145487241, 128.87582473631], [17.07431072902, -87.331108701249, 128.8356255199], [16.275397572645, -87.320071915257, 128.79542630349], [15.476484416271, -87.309035129264, 128.75522708708], [14.677571259896, -87.297998343272, 128.71502787067], [13.878658103521, -87.28696155728, 128.67482865426], [13.079744947147, -87.275924771288, 128.63462943784], [12.280831790772, -87.264887985295, 128.59443022143], [11.481918634398, -87.253851199303, 128.55423100502], [10.683005478023, -87.242814413311, 128.51403178861], [9.8840923216485, -87.231777627319, 128.4738325722], [9.0851791652739, -87.220740841326, 128.43363335579], [8.2862660088993, -87.209704055334, 128.39343413938], [7.4873528525248, -87.198667269342, 128.35323492297], [6.6884396961502, -87.187630483349, 128.31303570656], [5.8895265397756, -87.176593697357, 128.27283649015], [5.090613383401, -87.165556911365, 128.23263727373], [4.2917002270265, -87.154520125373, 128.19243805732], [3.4927870706519, -87.14348333938, 128.15223884091], [2.6938739142773, -87.132446553388, 128.1120396245], [1.8949607579027, -87.121409767396, 128.07184040809], [1.0960476015281, -87.110372981404, 128.03164119168], [0.29713444515357, -87.099336195411, 127.99144197527], [-0.501778711221, -87.088299409419, 127.95124275886], [-1.3006918675956, -87.077262623427, 127.91104354245], [-2.0996050239702, -87.066225837435, 127.87084432604], [-2.8985181803447, -87.055189051442, 127.83064510962], [-3.6974313367193, -87.04415226545, 127.79044589321], [-4.4963444930939, -87.033115479458, 127.7502466768], [-5.2952576494685, -87.022078693466, 127.71004746039], [-6.094170805843, -87.011041907473, 127.66984824398], [-6.8930839622176, -87.000005121481, 127.62964902757], [-7.6919971185922, -86.988968335489, 127.58944981116], [-8.4909102749668, -86.977931549496, 127.54925059475], [-9.2898234313413, -86.966894763504, 127.50905137834], [-10.088736587716, -86.955857977512, 127.46885216193], [-10.88764974409, -86.94482119152, 127.42865294551], [-11.686562900465, -86.933784405527, 127.3884537291], [-12.48547605684, -86.922747619535, 127.34825451269], [-13.284389213214, -86.911710833543, 127.30805529628], [-14.083302369589, -86.900674047551, 127.26785607987], [-14.882215525963, -86.889637261558, 127.22765686346], [-15.681128682338, -86.878600475566, 127.18745764705], [-16.480041838713, -86.867563689574, 127.14725843064], [-17.278954995087, -86.856526903582, 127.10705921423], [-18.077868151462, -86.845490117589, 127.06685999782], [-18.876781307836, -86.834453331597, 127.0266607814], [-19.675694464211, -86.823416545605, 126.98646156499], [-20.474607620585, -86.812379759613, 126.94626234858], [-21.27352077696, -86.80134297362, 126.90606313217], [-22.072433933335, -86.790306187628, 126.86586391576], [-22.871347089709, -86.779269401636, 126.82566469935], [-23.670260246084, -86.768232615643, 126.78546548294], [-24.469173402458, -86.757195829651, 126.74526626653], [-25.268086558833, -86.746159043659, 126.70506705012], [-26.066999715207, -86.735122257667, 126.6648678337], [-26.865912871582, -86.724085471674, 126.62466861729], [-27.664826027957, -86.713048685682, 126.58446940088], [-28.463739184331, -86.70201189969, 126.54427018447], [-29.262652340706, -86.690975113698, 126.50407096806], [-30.06156549708, -86.679938327705, 126.46387175165], [-30.860478653455, -86.668901541713, 126.42367253524], [-31.659391809829, -86.657864755721, 126.38347331883], [-32.458304966204, -86.646827969729, 126.34327410242], [-33.257218122579, -86.635791183736, 126.30307488601], [-34.056131278953, -86.624754397744, 126.26287566959], [-34.855044435328, -86.613717611752, 126.22267645318], [-35.653957591702, -86.60268082576, 126.18247723677], [-36.452870748077, -86.591644039767, 126.14227802036], [-37.251783904452, -86.580607253775, 126.10207880395], [-38.050697060826, -86.569570467783, 126.06187958754], [-38.849610217201, -86.55853368179, 126.02168037113], [-39.648523373575, -86.547496895798, 125.98148115472], [-40.44743652995, -86.536460109806, 125.94128193831], [-41.246349686324, -86.525423323814, 125.9010827219], [-42.045262842699, -86.514386537821, 125.86088350548], [-42.844175999074, -86.503349751829, 125.82068428907], [-43.643089155448, -86.492312965837, 125.78048507266], [-44.442002311823, -86.481276179845, 125.74028585625], [-45.240915468197, -86.470239393852, 125.70008663984], [-46.039828624572, -86.45920260786, 125.65988742343], [-46.838741780946, -86.448165821868, 125.61968820702], [-47.637654937321, -86.437129035876, 125.57948899061], [-48.436568093696, -86.426092249883, 125.5392897742], [-49.23548125007, -86.415055463891, 125.49909055779], [-50.034394406445, -86.404018677899, 125.45889134137], [-50.833307562819, -86.392981891907, 125.41869212496], [-51.632220719194, -86.381945105914, 125.37849290855], [-52.431133875568, -86.370908319922, 125.33829369214], [-53.230047031943, -86.35987153393, 125.29809447573], [-54.028960188318, -86.348834747937, 125.25789525932], [-54.827873344692, -86.337797961945, 125.21769604291], [-55.626786501067, -86.326761175953, 125.1774968265], [-56.425699657441, -86.315724389961, 125.13729761009], [-57.224612813816, -86.304687603968, 125.09709839368], [-58.02352597019, -86.293650817976, 125.05689917726], [-58.822439126565, -86.282614031984, 125.01669996085], [-59.62135228294, -86.271577245992, 124.97650074444], [-60.420265439314, -86.260540459999, 124.93630152803], [-61.219178595689, -86.249503674007, 124.89610231162], [-62.018091752063, -86.238466888015, 124.85590309521], [-62.817004908438, -86.227430102023, 124.8157038788], [-63.615918064813, -86.21639331603, 124.77550466239], [-64.414831221187, -86.205356530038, 124.73530544598], [-65.213744377562, -86.194319744046, 124.69510622957], [-66.012657533936, -86.183282958053, 124.65490701315], [-66.811570690311, -86.172246172061, 124.61470779674], [-67.610483846685, -86.161209386069, 124.57450858033], [-68.40939700306, -86.150172600077, 124.53430936392], [-69.208310159435, -86.139135814084, 124.49411014751], [-70.007223315809, -86.128099028092, 124.4539109311], [-70.806136472184, -86.1170622421, 124.41371171469], [-71.605049628558, -86.106025456108, 124.37351249828], [-72.403962784933, -86.094988670115, 124.33331328187], [-73.202875941307, -86.083951884123, 124.29311406545], [-74.001789097682, -86.072915098131, 124.25291484904], [-74.800702254057, -86.061878312139, 124.21271563263], [-75.599615410431, -86.050841526146, 124.17251641622], [-76.398528566806, -86.039804740154, 124.13231719981], [-77.19744172318, -86.028767954162, 124.0921179834], [-77.996354879555, -86.01773116817, 124.05191876699], [-78.795268035929, -86.006694382177, 124.01171955058], [-79.594181192304, -85.995657596185, 123.97152033417], [-80.393094348679, -85.984620810193, 123.93132111776], [-81.192007505053, -85.9735840242, 123.89112190134], [-81.990920661428, -85.962547238208, 123.85092268493], [-82.789833817802, -85.951510452216, 123.81072346852], [-83.588746974177, -85.940473666224, 123.77052425211], [-84.387660130551, -85.929436880231, 123.7303250357], [-85.186573286926, -85.918400094239, 123.69012581929], [-85.985486443301, -85.907363308247, 123.64992660288], [-86.784399599675, -85.896326522255, 123.60972738647], [-87.58331275605, -85.885289736262, 123.56952817006], [-88.382225912424, -85.87425295027, 123.52932895365], [-89.181139068799, -85.863216164278, 123.48912973723], [-89.980052225174, -85.852179378286, 123.44893052082], [-90.778965381548, -85.841142592293, 123.40873130441], [-91.577878537923, -85.830105806301, 123.368532088], [-92.376791694297, -85.819069020309, 123.32833287159], [-93.175704850672, -85.808032234317, 123.28813365518], [-93.974618007046, -85.796995448324, 123.24793443877], [-94.773531163421, -85.785958662332, 123.20773522236], [-95.572444319796, -85.77492187634, 123.16753600595], [-96.37135747617, -85.763885090347, 123.12733678954], [-97.170270632545, -85.752848304355, 123.08713757312], [-97.969183788919, -85.741811518363, 123.04693835671], [-98.768096945294, -85.730774732371, 123.0067391403], [-99.567010101668, -85.719737946378, 122.96653992389], [-100.36592325804, -85.708701160386, 122.92634070748], [-101.16483641442, -85.697664374394, 122.88614149107], [-101.96374957079, -85.686627588402, 122.84594227466], [-102.76266272717, -85.675590802409, 122.80574305825], [-103.56157588354, -85.664554016417, 122.76554384184], [-104.36048903992, -85.653517230425, 122.72534462543], [-105.15940219629, -85.642480444433, 122.68514540901], [-105.95831535267, -85.63144365844, 122.6449461926], [-106.75722850904, -85.620406872448, 122.60474697619], [-107.55614166541, -85.609370086456, 122.56454775978]], "InstanceCreationTime": ["080545.359000", "080545.359000", "080545.359000", "080545.359000", "080545.359000", "080545.359000", "080545.359000", "080545.343000", "080545.343000", "080545.343000", "080545.343000", "080545.343000", "080545.343000", "080545.343000", "080545.343000", "080545.328000", "080545.328000", "080545.328000", "080545.328000", "080545.328000", "080545.312000", "080545.312000", "080545.312000", "080545.312000", "080545.312000", "080545.312000", "080545.312000", "080545.312000", "080545.296000", "080545.296000", "080545.296000", "080545.296000", "080545.296000", "080545.296000", "080545.296000", "080545.296000", "080545.281000", "080545.281000", "080545.281000", "080545.281000", "080545.281000", "080545.281000", "080545.265000", "080545.265000", "080545.265000", "080545.265000", "080545.265000", "080545.265000", "080545.250000", "080545.250000", "080545.250000", "080545.250000", "080545.250000", "080545.250000", "080545.250000", "080545.234000", "080545.234000", "080545.234000", "080545.234000", "080545.234000", "080545.234000", "080545.234000", "080545.218000", "080545.218000", "080545.218000", "080545.218000", "080545.218000", "080545.218000", "080545.218000", "080545.218000", "080545.218000", "080545.203000", "080545.203000", "080545.203000", "080545.203000", "080545.203000", "080545.203000", "080545.203000", "080545.203000", "080545.187000", "080545.187000", "080545.187000", "080545.187000", "080545.187000", "080545.187000", "080545.187000", "080545.187000", "080545.171000", "080545.171000", "080545.171000", "080545.171000", "080545.171000", "080545.171000", "080545.171000", "080545.171000", "080545.156000", "080545.156000", "080545.156000", "080545.156000", "080545.156000", "080545.140000", "080545.140000", "080545.140000", "080545.140000", "080545.140000", "080545.140000", "080545.140000", "080545.140000", "080545.125000", "080545.125000", "080545.125000", "080545.125000", "080545.125000", "080545.125000", "080545.109000", "080545.109000", "080545.109000", "080545.109000", "080545.109000", "080545.109000", "080545.109000", "080545.109000", "080545.093000", "080545.093000", "080545.093000", "080545.093000", "080545.093000", "080545.093000", "080545.093000", "080545.078000", "080545.078000", "080545.078000", "080545.078000", "080545.078000", "080545.078000", "080545.078000", "080545.062000", "080545.062000", "080545.062000", "080545.062000", "080545.062000", "080545.062000", "080545.062000", "080545.046000", "080545.046000", "080545.046000", "080545.046000", "080545.046000", "080545.046000", "080545.046000", "080545.046000", "080545.031000", "080538.703000", "080538.687000", "080538.687000", "080538.687000", "080538.687000", "080538.687000", "080538.687000", "080538.671000", "080538.671000", "080538.671000", "080538.671000", "080538.671000", "080538.671000", "080538.671000", "080538.656000", "080538.656000", "080538.656000", "080538.656000", "080538.656000", "080538.656000", "080538.656000", "080538.640000", "080538.640000", "080538.640000", "080538.640000", "080538.640000", "080538.640000", "080538.640000", "080538.640000", "080538.625000", "080538.625000", "080538.625000", "080538.625000", "080538.625000", "080538.625000", "080538.625000", "080538.625000", "080538.625000", "080538.609000", "080538.609000", "080538.609000", "080538.609000", "080538.609000", "080538.609000", "080538.609000", "080538.609000", "080538.609000", "080538.593000", "080538.593000", "080538.593000", "080538.593000", "080538.593000", "080538.593000", "080538.593000", "080538.593000", "080538.578000", "080538.578000", "080538.562000", "080538.562000", "080538.562000", "080538.562000", "080538.562000", "080538.546000", "080538.546000", "080538.546000", "080538.546000", "080538.546000", "080538.546000", "080538.546000", "080538.546000", "080538.531000", "080538.531000", "080538.531000", "080538.531000", "080538.531000", "080538.531000", "080538.531000", "080538.531000", "080538.515000", "080538.515000", "080538.515000", "080538.515000", "080538.515000", "080538.515000", "080538.515000", "080538.515000", "080538.500000", "080538.500000", "080538.500000", "080538.500000", "080538.500000", "080538.500000", "080538.500000", "080538.484000", "080538.484000", "080538.484000", "080538.484000", "080538.484000", "080538.484000", "080538.484000", "080538.484000", "080538.468000", "080538.468000", "080538.468000"], "InstanceNumber": [256, 255, 254, 253, 252, 251, 250, 249, 248, 247, 246, 245, 244, 243, 242, 241, 240, 239, 238, 237, 236, 235, 234, 233, 232, 231, 230, 229, 228, 227, 226, 225, 224, 223, 222, 221, 220, 219, 218, 217, 216, 215, 214, 213, 212, 211, 210, 209, 208, 207, 206, 205, 204, 203, 202, 201, 200, 199, 198, 197, 196, 195, 194, 193, 192, 191, 190, 189, 188, 187, 186, 185, 184, 183, 182, 181, 180, 179, 178, 177, 176, 175, 174, 173, 172, 171, 170, 169, 168, 167, 166, 165, 164, 163, 162, 161, 160, 159, 158, 157, 156, 155, 154, 153, 152, 151, 150, 149, 148, 147, 146, 145, 144, 143, 142, 141, 140, 139, 138, 137, 136, 135, 134, 133, 132, 131, 130, 129, 128, 127, 126, 125, 124, 123, 122, 121, 120, 119, 118, 117, 116, 115, 114, 113, 112, 111, 110, 109, 108, 107, 106, 105, 104, 103, 102, 101, 100, 99, 98, 97, 96, 95, 94, 93, 92, 91, 90, 89, 88, 87, 86, 85, 84, 83, 82, 81, 80, 79, 78, 77, 76, 75, 74, 73, 72, 71, 70, 69, 68, 67, 66, 65, 64, 63, 62, 61, 60, 59, 58, 57, 56, 55, 54, 53, 52, 51, 50, 49, 48, 47, 46, 45, 44, 43, 42, 41, 40, 39, 38, 37, 36, 35, 34, 33, 32, 31, 30, 29, 28, 27, 26, 25, 24, 23, 22, 21, 20, 19, 18, 17, 16, 15, 14, 13, 12, 11, 10, 9, 8, 7, 6, 5, 4, 3, 2, 1], "LargestImagePixelValue": [47, 47, 43, 41, 40, 103, 88, 92, 80, 56, 66, 77, 60, 51, 66, 68, 69, 68, 58, 136, 464, 496, 743, 826, 937, 840, 743, 663, 694, 649, 623, 600, 595, 722, 801, 897, 1033, 1054, 971, 920, 938, 956, 878, 897, 905, 801, 892, 959, 1040, 1040, 965, 1016, 1023, 1019, 960, 954, 967, 969, 1056, 1028, 961, 989, 1071, 938, 956, 994, 995, 1025, 984, 1009, 1009, 961, 984, 997, 1008, 1072, 1087, 1278, 1056, 1353, 1111, 1070, 1043, 1097, 1018, 1021, 1049, 1135, 1182, 1138, 1159, 1154, 1119, 1060, 1168, 1197, 1163, 1201, 1098, 1099, 1145, 1091, 1034, 1174, 1083, 1150, 1076, 1139, 1110, 1121, 1116, 1107, 1122, 1154, 1112, 1086, 1131, 1164, 1149, 1138, 1134, 1123, 1089, 1125, 1112, 1151, 1165, 1114, 1166, 1188, 1140, 1139, 1158, 1107, 1139, 1137, 1148, 1094, 1092, 1218, 1077, 1098, 1083, 1076, 1050, 1095, 1153, 1078, 1131, 1069, 1099, 1220, 1222, 1077, 1175, 1087, 1144, 1067, 1147, 1060, 1072, 1116, 1077, 1057, 1098, 1114, 1090, 1169, 1106, 1102, 1112, 1128, 1086, 1158, 1109, 1109, 1089, 1059, 1024, 1068, 1088, 1077, 1096, 1135, 1070, 1053, 1023, 1069, 980, 1036, 1020, 1018, 1081, 1096, 1015, 1059, 1031, 990, 1039, 1002, 968, 963, 1012, 982, 1022, 1077, 969, 974, 886, 962, 822, 775, 835, 858, 836, 734, 828, 1056, 912, 882, 896, 750, 813, 795, 929, 725, 764, 674, 615, 617, 681, 598, 831, 821, 747, 699, 652, 516, 363, 91, 90, 71, 79, 102, 72, 94, 107, 83, 299, 177, 50, 48, 42, 47, 42, 50], "SliceLocation": [103.92979759463, 103.12979758271, 102.32979757079, 101.52979755887, 100.72979754694, 99.929797535024, 99.129797523103, 98.329797511182, 97.529797499261, 96.72979748734, 95.929797475419, 95.129797463498, 94.329797451577, 93.529797439656, 92.729797427735, 91.929797415814, 91.129797403894, 90.329797391973, 89.529797380052, 88.729797368131, 87.92979735621, 87.129797344289, 86.329797332368, 85.529797320447, 84.729797308526, 83.929797296605, 83.129797284684, 82.329797272763, 81.529797260842, 80.729797248921, 79.929797237001, 79.12979722508, 78.329797213159, 77.529797201238, 76.729797189317, 75.929797177396, 75.129797165475, 74.329797153554, 73.529797141633, 72.729797129712, 71.929797117791, 71.12979710587, 70.329797093949, 69.529797082028, 68.729797070108, 67.929797058187, 67.129797046266, 66.329797034345, 65.529797022424, 64.729797010503, 63.929796998582, 63.129796986661, 62.32979697474, 61.529796962819, 60.729796950898, 59.929796938977, 59.129796927056, 58.329796915135, 57.529796903215, 56.729796891294, 55.929796879373, 55.129796867452, 54.329796855531, 53.52979684361, 52.729796831689, 51.929796819768, 51.129796807847, 50.329796795926, 49.529796784005, 48.729796772084, 47.929796760163, 47.129796748242, 46.329796736322, 45.529796724401, 44.72979671248, 43.929796700559, 43.129796688638, 42.329796676717, 41.529796664796, 40.729796652875, 39.929796640954, 39.129796629033, 38.329796617112, 37.529796605191, 36.72979659327, 35.929796581349, 35.129796569429, 34.329796557508, 33.529796545587, 32.729796533666, 31.929796521745, 31.129796509824, 30.329796497903, 29.529796485982, 28.729796474061, 27.92979646214, 27.129796450219, 26.329796438298, 25.529796426377, 24.729796414456, 23.929796402536, 23.129796390615, 22.329796378694, 21.529796366773, 20.729796354852, 19.929796342931, 19.12979633101, 18.329796319089, 17.529796307168, 16.729796295247, 15.929796283326, 15.129796271405, 14.329796259484, 13.529796247563, 12.729796235643, 11.929796223722, 11.129796211801, 10.32979619988, 9.5297961879588, 8.7297961760379, 7.929796164117, 7.129796152196, 6.3297961402751, 5.5297961283542, 4.7297961164332, 3.9297961045123, 3.1297960925914, 2.3297960806705, 1.5297960687495, 0.7297960568286, -0.0702039550923, -0.8702039670133, -1.6702039789342, -2.4702039908551, -3.270204002776, -4.070204014697, -4.8702040266179, -5.6702040385388, -6.4702040504598, -7.2702040623807, -8.0702040743016, -8.8702040862225, -9.6702040981435, -10.470204110064, -11.270204121985, -12.070204133906, -12.870204145827, -13.670204157748, -14.470204169669, -15.27020418159, -16.070204193511, -16.870204205432, -17.670204217353, -18.470204229274, -19.270204241195, -20.070204253116, -20.870204265036, -21.670204276957, -22.470204288878, -23.270204300799, -24.07020431272, -24.870204324641, -25.670204336562, -26.470204348483, -27.270204360404, -28.070204372325, -28.870204384246, -29.670204396167, -30.470204408088, -31.270204420009, -32.070204431929, -32.87020444385, -33.670204455771, -34.470204467692, -35.270204479613, -36.070204491534, -36.870204503455, -37.670204515376, -38.470204527297, -39.270204539218, -40.070204551139, -40.87020456306, -41.670204574981, -42.470204586902, -43.270204598822, -44.070204610743, -44.870204622664, -45.670204634585, -46.470204646506, -47.270204658427, -48.070204670348, -48.870204682269, -49.67020469419, -50.470204706111, -51.270204718032, -52.070204729953, -52.870204741874, -53.670204753795, -54.470204765715, -55.270204777636, -56.070204789557, -56.870204801478, -57.670204813399, -58.47020482532, -59.270204837241, -60.070204849162, -60.870204861083, -61.670204873004, -62.470204884925, -63.270204896846, -64.070204908767, -64.870204920688, -65.670204932608, -66.470204944529, -67.27020495645, -68.070204968371, -68.870204980292, -69.670204992213, -70.470205004134, -71.270205016055, -72.070205027976, -72.870205039897, -73.670205051818, -74.470205063739, -75.27020507566, -76.070205087581, -76.870205099502, -77.670205111422, -78.470205123343, -79.270205135264, -80.070205147185, -80.870205159106, -81.670205171027, -82.470205182948, -83.270205194869, -84.07020520679, -84.870205218711, -85.670205230632, -86.470205242553, -87.270205254474, -88.070205266395, -88.870205278315, -89.670205290236, -90.470205302157, -91.270205314078, -92.070205325999, -92.87020533792, -93.670205349841, -94.470205361762, -95.270205373683, -96.070205385604, -96.870205397525, -97.670205409446, -98.470205421367, -99.270205433288, -100.07020544521], "WindowCenter": [27.0, 27.0, 27.0, 27.0, 27.0, 28.0, 28.0, 30.0, 29.0, 28.0, 28.0, 29.0, 30.0, 30.0, 31.0, 30.0, 31.0, 30.0, 30.0, 33.0, 63.0, 75.0, 275.0, 290.0, 302.0, 297.0, 297.0, 284.0, 278.0, 258.0, 243.0, 254.0, 269.0, 300.0, 327.0, 350.0, 344.0, 339.0, 333.0, 338.0, 340.0, 333.0, 337.0, 339.0, 335.0, 336.0, 345.0, 357.0, 372.0, 383.0, 389.0, 407.0, 417.0, 423.0, 429.0, 433.0, 435.0, 436.0, 442.0, 446.0, 446.0, 448.0, 456.0, 459.0, 464.0, 467.0, 468.0, 471.0, 473.0, 474.0, 474.0, 477.0, 477.0, 482.0, 485.0, 490.0, 491.0, 494.0, 496.0, 502.0, 505.0, 509.0, 509.0, 511.0, 513.0, 511.0, 509.0, 510.0, 506.0, 511.0, 512.0, 512.0, 513.0, 516.0, 518.0, 519.0, 520.0, 522.0, 521.0, 521.0, 518.0, 520.0, 525.0, 529.0, 531.0, 530.0, 527.0, 523.0, 517.0, 516.0, 515.0, 513.0, 514.0, 514.0, 522.0, 528.0, 535.0, 536.0, 544.0, 544.0, 548.0, 550.0, 552.0, 560.0, 562.0, 570.0, 577.0, 568.0, 564.0, 567.0, 566.0, 557.0, 550.0, 547.0, 546.0, 544.0, 538.0, 536.0, 532.0, 531.0, 527.0, 523.0, 520.0, 519.0, 515.0, 513.0, 512.0, 506.0, 507.0, 507.0, 505.0, 504.0, 503.0, 505.0, 504.0, 502.0, 502.0, 504.0, 505.0, 505.0, 504.0, 505.0, 504.0, 504.0, 505.0, 507.0, 504.0, 505.0, 509.0, 507.0, 509.0, 510.0, 511.0, 513.0, 514.0, 514.0, 513.0, 510.0, 507.0, 503.0, 500.0, 497.0, 492.0, 490.0, 489.0, 485.0, 480.0, 476.0, 473.0, 475.0, 473.0, 468.0, 466.0, 465.0, 462.0, 456.0, 455.0, 446.0, 442.0, 433.0, 431.0, 427.0, 429.0, 424.0, 417.0, 406.0, 381.0, 373.0, 360.0, 356.0, 345.0, 340.0, 343.0, 344.0, 345.0, 347.0, 346.0, 343.0, 345.0, 342.0, 347.0, 346.0, 343.0, 342.0, 336.0, 327.0, 322.0, 297.0, 278.0, 273.0, 283.0, 249.0, 265.0, 258.0, 259.0, 279.0, 284.0, 152.0, 51.0, 30.0, 30.0, 29.0, 30.0, 29.0, 29.0, 29.0, 28.0, 28.0, 42.0, 33.0, 27.0, 26.0, 27.0, 26.0, 26.0, 26.0], "WindowWidth": [70.0, 70.0, 70.0, 70.0, 70.0, 75.0, 73.0, 79.0, 78.0, 74.0, 74.0, 77.0, 78.0, 78.0, 82.0, 80.0, 81.0, 80.0, 79.0, 90.0, 186.0, 224.0, 526.0, 555.0, 578.0, 578.0, 582.0, 566.0, 558.0, 531.0, 509.0, 533.0, 565.0, 630.0, 686.0, 730.0, 728.0, 721.0, 715.0, 728.0, 735.0, 722.0, 729.0, 731.0, 723.0, 728.0, 749.0, 774.0, 806.0, 825.0, 836.0, 867.0, 886.0, 897.0, 907.0, 915.0, 917.0, 918.0, 928.0, 935.0, 936.0, 940.0, 954.0, 961.0, 968.0, 973.0, 974.0, 978.0, 983.0, 983.0, 983.0, 988.0, 987.0, 990.0, 995.0, 1003.0, 1002.0, 1006.0, 1012.0, 1021.0, 1025.0, 1026.0, 1025.0, 1027.0, 1026.0, 1022.0, 1021.0, 1024.0, 1021.0, 1026.0, 1028.0, 1031.0, 1031.0, 1036.0, 1042.0, 1046.0, 1049.0, 1053.0, 1056.0, 1056.0, 1054.0, 1057.0, 1065.0, 1072.0, 1077.0, 1075.0, 1071.0, 1065.0, 1055.0, 1052.0, 1052.0, 1050.0, 1053.0, 1055.0, 1065.0, 1075.0, 1087.0, 1092.0, 1105.0, 1107.0, 1113.0, 1117.0, 1123.0, 1136.0, 1141.0, 1155.0, 1170.0, 1152.0, 1138.0, 1146.0, 1145.0, 1135.0, 1124.0, 1118.0, 1114.0, 1109.0, 1097.0, 1090.0, 1081.0, 1077.0, 1069.0, 1061.0, 1056.0, 1054.0, 1048.0, 1045.0, 1044.0, 1031.0, 1032.0, 1033.0, 1029.0, 1025.0, 1025.0, 1027.0, 1025.0, 1023.0, 1020.0, 1020.0, 1022.0, 1021.0, 1017.0, 1018.0, 1018.0, 1013.0, 1017.0, 1020.0, 1016.0, 1018.0, 1023.0, 1019.0, 1023.0, 1027.0, 1027.0, 1031.0, 1036.0, 1036.0, 1036.0, 1032.0, 1027.0, 1023.0, 1018.0, 1016.0, 1010.0, 1005.0, 1005.0, 999.0, 991.0, 986.0, 983.0, 989.0, 984.0, 978.0, 977.0, 976.0, 969.0, 960.0, 957.0, 945.0, 932.0, 915.0, 911.0, 903.0, 906.0, 899.0, 889.0, 873.0, 827.0, 811.0, 786.0, 777.0, 753.0, 741.0, 746.0, 745.0, 747.0, 751.0, 747.0, 742.0, 745.0, 738.0, 747.0, 741.0, 731.0, 726.0, 706.0, 683.0, 666.0, 617.0, 576.0, 560.0, 566.0, 511.0, 524.0, 510.0, 504.0, 533.0, 536.0, 355.0, 150.0, 80.0, 79.0, 75.0, 78.0, 77.0, 75.0, 76.0, 74.0, 73.0, 119.0, 90.0, 72.0, 68.0, 70.0, 67.0, 67.0, 67.0]}}}