{"AcquisitionMatrixPE": 256, "AcquisitionNumber": 1, "AcquisitionTime": "17:39:44.195000", "BaseResolution": 256, "BodyPartExamined": "BRAIN", "ConsistencyInfo": "N4_VD11D_LATEST_20110129", "ConversionSoftware": "dcm2niix", "ConversionSoftwareVersion": "v1.0.20210317", "DeviceSerialNumber": "45239", "DwellTime": 3.4e-06, "EchoTime": 0.56, "EchoTrainLength": 292, "FlipAngle": 120, "ImageOrientationPatientDICOM": [-0.00433505, 0.999871, -0.0154779, 0.0129223, -0.0154208, -0.999798], "ImageType": ["ORIGINAL", "PRIMARY", "M", "ND", "NORM"], "ImagingFrequency": 123.194, "InPlanePhaseEncodingDirectionDICOM": "ROW", "InstitutionAddress": "E 24th St. 100,Austin,Southmiddle,US,78712", "InstitutionName": "Univ of Texas at Austin", "InstitutionalDepartmentName": "IRC", "MRAcquisitionType": "3D", "MagneticFieldStrength": 3, "Manufacturer": "Siemens", "ManufacturersModelName": "Skyra", "Modality": "MR", "ParallelReductionFactorInPlane": 2, "PartialFourier": 1, "PatientPosition": "HFS", "PercentPhaseFOV": 100, "PercentSampling": 100, "PhaseEncodingDirection": "i", "PhaseEncodingSteps": 260, "PhaseOversampling": 0.1, "PhaseResolution": 1, "PixelBandwidth": 575, "ProcedureStepDescription": "Poldrack2^self-scanning", "ProtocolName": "T2w_SPC1_PMC", "PulseSequenceDetails": "%SiemensSeq%\\tse_vfl", "ReceiveCoilActiveElements": "HEA;HEP", "ReceiveCoilName": "Head_32", "ReconMatrixPE": 256, "RefLinesPE": 32, "RepetitionTime": 3.2, "SAR": 0.166649, "ScanOptions": "PFP", "ScanningSequence": "SE", "SequenceName": "*spc3d1_314ns", "SequenceVariant": "SK\\SP\\OSP", "SeriesDescription": "T2w_SPC1_PMC", "SeriesNumber": 16, "ShimSetting": [-2780, 7970, -15545, 91, -187, -252, 207, -116], "SliceThickness": 0.8, "SoftwareVersions": "syngo MR D11", "StationName": "AWP45239", "TxRefAmp": 350.098, "dcmmeta_affine": [[0.799925684928894, -0.0034714287612587214, 0.01034791674464941, -102.95319366455078], [0.003627347992733121, 0.8006777763366699, -0.01234864816069603, -111.6288070678711], [-0.01028300542384386, 0.012394420802593231, 0.8006191849708557, -72.15782165527344], [0.0, 0.0, 0.0, 1.0]], "dcmmeta_reorient_transform": [[0.0, 0.0, -1.0, 255.0], [0.0, -1.0, 0.0, 255.0], [-1.0, 0.0, 0.0, 255.0], [0.0, 0.0, 0.0, 1.0]], "dcmmeta_shape": [256, 256, 256], "dcmmeta_slice_dim": 0, "dcmmeta_version": 0.6, "global": {"const": {"AcquisitionMatrix": [0, 256, 256, 0], "AcquisitionNumber": 1, "AcquisitionTime": "173944.195000", "AngioFlag": "N", "BitsAllocated": 16, "BitsStored": 12, "BodyPartExamined": "BRAIN", "Columns": 256, "EchoNumbers": 1, "EchoTime": 560.0, "EchoTrainLength": 292, "FlipAngle": 120.0, "HighBit": 11, "ImageOrientationPatient": [-0.0043350525462, 0.99987081245651, -0.0154779106139, 0.01292227620425, -0.0154207511081, -0.999797587121], "ImageType": ["ORIGINAL", "PRIMARY", "M", "ND", "NORM"], "ImagedNucleus": "1H", "ImagingFrequency": 123.193528, "InPlanePhaseEncodingDirection": "ROW", "MRAcquisitionType": "3D", "MagneticFieldStrength": 3.0, "Manufacturer": "SIEMENS", "ManufacturerModelName": "Skyra", "Modality": "MR", "NumberOfAverages": 1.0, "NumberOfPhaseEncodingSteps": 260, "PercentPhaseFieldOfView": 100.0, "PercentSampling": 100.0, "PerformedProcedureStepStartTime": "170338.906000", "PhotometricInterpretation": "MONOCHROME2", "PixelBandwidth": 575.0, "PixelRepresentation": 0, "PixelSpacing": [0.80078125, 0.80078125], "ProtocolName": "T2w_SPC1_PMC", "RepetitionTime": 3200.0, "Rows": 256, "SAR": 0.16664915940178, "SamplesPerPixel": 1, "ScanOptions": "PFP", "ScanningSequence": "SE", "SequenceName": "*spc3d1_314ns", "SequenceVariant": ["SK", "SP", "OSP"], "SeriesDescription": "T2w_SPC1_PMC", "SeriesNumber": 16, "SeriesTime": "174640.031000", "SliceThickness": 0.80000001192093, "SmallestImagePixelValue": 0, "SoftwareVersions": "syngo MR D11", "SpecificCharacterSet": "ISO_IR 100", "StudyID": "1", "StudyTime": "170338.875000", "TransmitCoilName": "Body", "VariableFlipAngleFlag": "Y", "WindowCenterWidthExplanation": "Algo1", "dBdt": 0.0}, "slices": {"ContentTime": ["174646.968000", "174646.968000", "174646.968000", "174646.968000", "174646.968000", "174646.968000", "174646.968000", "174646.968000", "174646.953000", "174646.953000", "174646.953000", "174646.953000", "174646.953000", "174646.953000", "174646.953000", "174646.937000", "174646.937000", "174646.937000", "174646.937000", "174646.937000", "174646.921000", "174646.921000", "174646.921000", "174646.921000", "174646.921000", "174646.921000", "174646.921000", "174646.921000", "174646.906000", "174646.906000", "174646.906000", "174646.906000", "174646.906000", "174646.906000", "174646.906000", "174646.906000", "174646.890000", "174646.890000", "174646.890000", "174646.890000", "174646.890000", "174646.890000", "174646.890000", "174646.890000", "174646.875000", "174646.875000", "174646.875000", "174646.875000", "174646.875000", "174646.875000", "174646.875000", "174646.875000", "174646.859000", "174646.796000", "174646.796000", "174646.796000", "174646.796000", "174646.796000", "174646.796000", "174646.796000", "174646.796000", "174646.781000", "174646.781000", "174646.781000", "174646.781000", "174646.765000", "174646.765000", "174646.765000", "174646.765000", "174646.765000", "174646.765000", "174646.765000", "174646.765000", "174646.750000", "174646.750000", "174646.750000", "174646.750000", "174646.750000", "174646.750000", "174646.750000", "174646.750000", "174646.734000", "174646.734000", "174646.734000", "174646.734000", "174646.734000", "174646.734000", "174646.734000", "174646.734000", "174646.718000", "174646.718000", "174646.718000", "174646.718000", "174646.718000", "174646.718000", "174646.718000", "174646.718000", "174646.703000", "174646.703000", "174646.703000", "174646.703000", "174646.703000", "174646.703000", "174646.703000", "174646.703000", "174646.687000", "174646.687000", "174646.687000", "174646.687000", "174646.687000", "174646.687000", "174646.687000", "174646.687000", "174646.671000", "174646.671000", "174646.671000", "174646.671000", "174646.671000", "174646.671000", "174646.671000", "174646.671000", "174646.656000", "174646.656000", "174646.656000", "174646.656000", "174646.656000", "174646.656000", "174646.656000", "174646.656000", "174646.640000", "174646.640000", "174646.640000", "174646.640000", "174646.640000", "174646.640000", "174646.640000", "174646.640000", "174646.625000", "174646.625000", "174646.625000", "174646.625000", "174646.625000", "174646.625000", "174646.625000", "174646.609000", "174646.609000", "174646.609000", "174646.609000", "174646.609000", "174646.609000", "174646.593000", "174640.281000", "174640.281000", "174640.281000", "174640.265000", "174640.265000", "174640.265000", "174640.265000", "174640.265000", "174640.265000", "174640.265000", "174640.265000", "174640.265000", "174640.250000", "174640.250000", "174640.250000", "174640.250000", "174640.250000", "174640.250000", "174640.250000", "174640.234000", "174640.234000", "174640.234000", "174640.234000", "174640.234000", "174640.234000", "174640.234000", "174640.218000", "174640.218000", "174640.218000", "174640.218000", "174640.218000", "174640.218000", "174640.218000", "174640.218000", "174640.203000", "174640.203000", "174640.203000", "174640.203000", "174640.203000", "174640.203000", "174640.203000", "174640.187000", "174640.187000", "174640.187000", "174640.187000", "174640.187000", "174640.187000", "174640.187000", "174640.187000", "174640.171000", "174640.171000", "174640.156000", "174640.156000", "174640.156000", "174640.156000", "174640.140000", "174640.140000", "174640.140000", "174640.140000", "174640.140000", "174640.140000", "174640.125000", "174640.125000", "174640.125000", "174640.125000", "174640.109000", "174640.109000", "174640.109000", "174640.109000", "174640.109000", "174640.109000", "174640.109000", "174640.109000", "174640.109000", "174640.093000", "174640.093000", "174640.093000", "174640.093000", "174640.093000", "174640.093000", "174640.093000", "174640.093000", "174640.078000", "174640.078000", "174640.078000", "174640.078000", "174640.078000", "174640.078000", "174640.062000", "174640.062000", "174640.062000", "174640.062000", "174640.062000", "174640.062000", "174640.062000", "174640.046000", "174640.046000", "174640.046000", "174640.046000", "174640.046000", "174640.046000", "174640.046000", "174640.031000", "174640.031000", "174640.031000"], "CsaImage.Actual3DImaPartNumber": [255, 254, 253, 252, 251, 250, 249, 248, 247, 246, 245, 244, 243, 242, 241, 240, 239, 238, 237, 236, 235, 234, 233, 232, 231, 230, 229, 228, 227, 226, 225, 224, 223, 222, 221, 220, 219, 218, 217, 216, 215, 214, 213, 212, 211, 210, 209, 208, 207, 206, 205, 204, 203, 202, 201, 200, 199, 198, 197, 196, 195, 194, 193, 192, 191, 190, 189, 188, 187, 186, 185, 184, 183, 182, 181, 180, 179, 178, 177, 176, 175, 174, 173, 172, 171, 170, 169, 168, 167, 166, 165, 164, 163, 162, 161, 160, 159, 158, 157, 156, 155, 154, 153, 152, 151, 150, 149, 148, 147, 146, 145, 144, 143, 142, 141, 140, 139, 138, 137, 136, 135, 134, 133, 132, 131, 130, 129, 128, 127, 126, 125, 124, 123, 122, 121, 120, 119, 118, 117, 116, 115, 114, 113, 112, 111, 110, 109, 108, 107, 106, 105, 104, 103, 102, 101, 100, 99, 98, 97, 96, 95, 94, 93, 92, 91, 90, 89, 88, 87, 86, 85, 84, 83, 82, 81, 80, 79, 78, 77, 76, 75, 74, 73, 72, 71, 70, 69, 68, 67, 66, 65, 64, 63, 62, 61, 60, 59, 58, 57, 56, 55, 54, 53, 52, 51, 50, 49, 48, 47, 46, 45, 44, 43, 42, 41, 40, 39, 38, 37, 36, 35, 34, 33, 32, 31, 30, 29, 28, 27, 26, 25, 24, 23, 22, 21, 20, 19, 18, 17, 16, 15, 14, 13, 12, 11, 10, 9, 8, 7, 6, 5, 4, 3, 2, 1, 0], "CsaImage.GSWDDataType": ["measured", "measured", "measured", "measured", "measured", "measured", "measured", "measured", "measured", "measured", "measured", "measured", "measured", "measured", "measured", "measured", "measured", "measured", "measured", "measured", "measured", "measured", "measured", "measured", "measured", "measured", "measured", "measured", "measured", "measured", "measured", "measured", "measured", "measured", "measured", "measured", "measured", "measured", "measured", "measured", "measured", "measured", "measured", "measured", "measured", "measured", "measured", "measured", "measured", "measured", "measured", "measured", "measured", "measured", "measured", "measured", "measured", "measured", "measured", "measured", "measured", "measured", "measured", "measured", "measured", "measured", "measured", "measured", "measured", "measured", "measured", "measured", "measured", "measured", "measured", "measured", "measured", "measured", "measured", "measured", "measured", "measured", "measured", "measured", "measured", "measured", "measured", "measured", "measured", "measured", "measured", "measured", "measured", "measured", "measured", "measured", "measured", "measured", "measured", "measured", "measured", "measured", "measured", "measured", "measured", "measured", "measured", "measured", "measured", "measured", "measured", "measured", "measured", "measured", "measured", "measured", "measured", "measured", "measured", "measured", "measured", "measured", "measured", "measured", "measured", "measured", "measured", "measured", "measured", "measured", "measured", "measured", "measured", "measured", "measured", "measured", "measured", "measured", "measured", "measured", "measured", "measured", "measured", "measured", "measured", "measured", "measured", "measured", "measured", "measured", "measured", "measured", "measured", "measured", "measured", "measured", "measured", "measured", "measured", "measured", "measured", "measured", "measured", "measured", "measured", "measured", "measured", "measured", "measured", "measured", "measured", "measured", "measured", "measured", "measured", "measured", "measured", "measured", "measured", "measured", "measured", "measured", "measured", "measured", "measured", "measured", "measured", "measured", "measured", "measured", "measured", "measured", "measured", "measured", "measured", "measured", "measured", "measured", "measured", "measured", "measured", "measured", "measured", "measured", "measured", "measured", "measured", "measured", "measured", "measured", "measured", "measured", "measured", "measured", "measured", "measured", "measured", "measured", "measured", "measured", "measured", "measured", "measured", "measured", "measured", "measured", "measured", "measured", "measured", "measured", "measured", "measured", "measured", "measured", "measured", "measured", "measured", "measured", "measured", "measured", "measured", "measured", "measured", "measured", "measured", "measured", "measured", "measured", "measured", "measured", "measured", "measured", "predicted", "predicted", "predicted", "predicted"], "CsaImage.ICE_Dims": ["X_1_1_1_1_1_256_1_1_1_1_1_255", "X_1_1_1_1_1_255_1_1_1_1_1_255", "X_1_1_1_1_1_254_1_1_1_1_1_255", "X_1_1_1_1_1_253_1_1_1_1_1_255", "X_1_1_1_1_1_252_1_1_1_1_1_255", "X_1_1_1_1_1_251_1_1_1_1_1_255", "X_1_1_1_1_1_250_1_1_1_1_1_255", "X_1_1_1_1_1_249_1_1_1_1_1_255", "X_1_1_1_1_1_248_1_1_1_1_1_255", "X_1_1_1_1_1_247_1_1_1_1_1_255", "X_1_1_1_1_1_246_1_1_1_1_1_255", "X_1_1_1_1_1_245_1_1_1_1_1_255", "X_1_1_1_1_1_244_1_1_1_1_1_255", "X_1_1_1_1_1_243_1_1_1_1_1_255", "X_1_1_1_1_1_242_1_1_1_1_1_255", "X_1_1_1_1_1_241_1_1_1_1_1_255", "X_1_1_1_1_1_240_1_1_1_1_1_255", "X_1_1_1_1_1_239_1_1_1_1_1_255", "X_1_1_1_1_1_238_1_1_1_1_1_255", "X_1_1_1_1_1_237_1_1_1_1_1_255", "X_1_1_1_1_1_236_1_1_1_1_1_255", "X_1_1_1_1_1_235_1_1_1_1_1_255", "X_1_1_1_1_1_234_1_1_1_1_1_255", "X_1_1_1_1_1_233_1_1_1_1_1_255", "X_1_1_1_1_1_232_1_1_1_1_1_255", "X_1_1_1_1_1_231_1_1_1_1_1_255", "X_1_1_1_1_1_230_1_1_1_1_1_255", "X_1_1_1_1_1_229_1_1_1_1_1_255", "X_1_1_1_1_1_228_1_1_1_1_1_255", "X_1_1_1_1_1_227_1_1_1_1_1_255", "X_1_1_1_1_1_226_1_1_1_1_1_255", "X_1_1_1_1_1_225_1_1_1_1_1_255", "X_1_1_1_1_1_224_1_1_1_1_1_255", "X_1_1_1_1_1_223_1_1_1_1_1_255", "X_1_1_1_1_1_222_1_1_1_1_1_255", "X_1_1_1_1_1_221_1_1_1_1_1_255", "X_1_1_1_1_1_220_1_1_1_1_1_255", "X_1_1_1_1_1_219_1_1_1_1_1_255", "X_1_1_1_1_1_218_1_1_1_1_1_255", "X_1_1_1_1_1_217_1_1_1_1_1_255", "X_1_1_1_1_1_216_1_1_1_1_1_255", "X_1_1_1_1_1_215_1_1_1_1_1_255", "X_1_1_1_1_1_214_1_1_1_1_1_255", "X_1_1_1_1_1_213_1_1_1_1_1_255", "X_1_1_1_1_1_212_1_1_1_1_1_255", "X_1_1_1_1_1_211_1_1_1_1_1_255", "X_1_1_1_1_1_210_1_1_1_1_1_255", "X_1_1_1_1_1_209_1_1_1_1_1_255", "X_1_1_1_1_1_208_1_1_1_1_1_255", "X_1_1_1_1_1_207_1_1_1_1_1_255", "X_1_1_1_1_1_206_1_1_1_1_1_255", "X_1_1_1_1_1_205_1_1_1_1_1_255", "X_1_1_1_1_1_204_1_1_1_1_1_255", "X_1_1_1_1_1_203_1_1_1_1_1_255", "X_1_1_1_1_1_202_1_1_1_1_1_255", "X_1_1_1_1_1_201_1_1_1_1_1_255", "X_1_1_1_1_1_200_1_1_1_1_1_255", "X_1_1_1_1_1_199_1_1_1_1_1_255", "X_1_1_1_1_1_198_1_1_1_1_1_255", "X_1_1_1_1_1_197_1_1_1_1_1_255", "X_1_1_1_1_1_196_1_1_1_1_1_255", "X_1_1_1_1_1_195_1_1_1_1_1_255", "X_1_1_1_1_1_194_1_1_1_1_1_255", "X_1_1_1_1_1_193_1_1_1_1_1_255", "X_1_1_1_1_1_192_1_1_1_1_1_255", "X_1_1_1_1_1_191_1_1_1_1_1_255", "X_1_1_1_1_1_190_1_1_1_1_1_255", "X_1_1_1_1_1_189_1_1_1_1_1_255", "X_1_1_1_1_1_188_1_1_1_1_1_255", "X_1_1_1_1_1_187_1_1_1_1_1_255", "X_1_1_1_1_1_186_1_1_1_1_1_255", "X_1_1_1_1_1_185_1_1_1_1_1_255", "X_1_1_1_1_1_184_1_1_1_1_1_255", "X_1_1_1_1_1_183_1_1_1_1_1_255", "X_1_1_1_1_1_182_1_1_1_1_1_255", "X_1_1_1_1_1_181_1_1_1_1_1_255", "X_1_1_1_1_1_180_1_1_1_1_1_255", "X_1_1_1_1_1_179_1_1_1_1_1_255", "X_1_1_1_1_1_178_1_1_1_1_1_255", "X_1_1_1_1_1_177_1_1_1_1_1_255", "X_1_1_1_1_1_176_1_1_1_1_1_255", "X_1_1_1_1_1_175_1_1_1_1_1_255", "X_1_1_1_1_1_174_1_1_1_1_1_255", "X_1_1_1_1_1_173_1_1_1_1_1_255", "X_1_1_1_1_1_172_1_1_1_1_1_255", "X_1_1_1_1_1_171_1_1_1_1_1_255", "X_1_1_1_1_1_170_1_1_1_1_1_255", "X_1_1_1_1_1_169_1_1_1_1_1_255", "X_1_1_1_1_1_168_1_1_1_1_1_255", "X_1_1_1_1_1_167_1_1_1_1_1_255", "X_1_1_1_1_1_166_1_1_1_1_1_255", "X_1_1_1_1_1_165_1_1_1_1_1_255", "X_1_1_1_1_1_164_1_1_1_1_1_255", "X_1_1_1_1_1_163_1_1_1_1_1_255", "X_1_1_1_1_1_162_1_1_1_1_1_255", "X_1_1_1_1_1_161_1_1_1_1_1_255", "X_1_1_1_1_1_160_1_1_1_1_1_255", "X_1_1_1_1_1_159_1_1_1_1_1_255", "X_1_1_1_1_1_158_1_1_1_1_1_255", "X_1_1_1_1_1_157_1_1_1_1_1_255", "X_1_1_1_1_1_156_1_1_1_1_1_255", "X_1_1_1_1_1_155_1_1_1_1_1_255", "X_1_1_1_1_1_154_1_1_1_1_1_255", "X_1_1_1_1_1_153_1_1_1_1_1_255", "X_1_1_1_1_1_152_1_1_1_1_1_255", "X_1_1_1_1_1_151_1_1_1_1_1_255", "X_1_1_1_1_1_150_1_1_1_1_1_255", "X_1_1_1_1_1_149_1_1_1_1_1_255", "X_1_1_1_1_1_148_1_1_1_1_1_255", "X_1_1_1_1_1_147_1_1_1_1_1_255", "X_1_1_1_1_1_146_1_1_1_1_1_255", "X_1_1_1_1_1_145_1_1_1_1_1_255", "X_1_1_1_1_1_144_1_1_1_1_1_255", "X_1_1_1_1_1_143_1_1_1_1_1_255", "X_1_1_1_1_1_142_1_1_1_1_1_255", "X_1_1_1_1_1_141_1_1_1_1_1_255", "X_1_1_1_1_1_140_1_1_1_1_1_255", "X_1_1_1_1_1_139_1_1_1_1_1_255", "X_1_1_1_1_1_138_1_1_1_1_1_255", "X_1_1_1_1_1_137_1_1_1_1_1_255", "X_1_1_1_1_1_136_1_1_1_1_1_255", "X_1_1_1_1_1_135_1_1_1_1_1_255", "X_1_1_1_1_1_134_1_1_1_1_1_255", "X_1_1_1_1_1_133_1_1_1_1_1_255", "X_1_1_1_1_1_132_1_1_1_1_1_255", "X_1_1_1_1_1_131_1_1_1_1_1_255", "X_1_1_1_1_1_130_1_1_1_1_1_255", "X_1_1_1_1_1_129_1_1_1_1_1_255", "X_1_1_1_1_1_128_1_1_1_1_1_255", "X_1_1_1_1_1_127_1_1_1_1_1_255", "X_1_1_1_1_1_126_1_1_1_1_1_255", "X_1_1_1_1_1_125_1_1_1_1_1_255", "X_1_1_1_1_1_124_1_1_1_1_1_255", "X_1_1_1_1_1_123_1_1_1_1_1_255", "X_1_1_1_1_1_122_1_1_1_1_1_255", "X_1_1_1_1_1_121_1_1_1_1_1_255", "X_1_1_1_1_1_120_1_1_1_1_1_255", "X_1_1_1_1_1_119_1_1_1_1_1_255", "X_1_1_1_1_1_118_1_1_1_1_1_255", "X_1_1_1_1_1_117_1_1_1_1_1_255", "X_1_1_1_1_1_116_1_1_1_1_1_255", "X_1_1_1_1_1_115_1_1_1_1_1_255", "X_1_1_1_1_1_114_1_1_1_1_1_255", "X_1_1_1_1_1_113_1_1_1_1_1_255", "X_1_1_1_1_1_112_1_1_1_1_1_255", "X_1_1_1_1_1_111_1_1_1_1_1_255", "X_1_1_1_1_1_110_1_1_1_1_1_255", "X_1_1_1_1_1_109_1_1_1_1_1_255", "X_1_1_1_1_1_108_1_1_1_1_1_255", "X_1_1_1_1_1_107_1_1_1_1_1_255", "X_1_1_1_1_1_106_1_1_1_1_1_255", "X_1_1_1_1_1_105_1_1_1_1_1_255", "X_1_1_1_1_1_104_1_1_1_1_1_255", "X_1_1_1_1_1_103_1_1_1_1_1_255", "X_1_1_1_1_1_102_1_1_1_1_1_255", "X_1_1_1_1_1_101_1_1_1_1_1_255", "X_1_1_1_1_1_100_1_1_1_1_1_255", "X_1_1_1_1_1_99_1_1_1_1_1_255", "X_1_1_1_1_1_98_1_1_1_1_1_255", "X_1_1_1_1_1_97_1_1_1_1_1_255", "X_1_1_1_1_1_96_1_1_1_1_1_255", "X_1_1_1_1_1_95_1_1_1_1_1_255", "X_1_1_1_1_1_94_1_1_1_1_1_255", "X_1_1_1_1_1_93_1_1_1_1_1_255", "X_1_1_1_1_1_92_1_1_1_1_1_255", "X_1_1_1_1_1_91_1_1_1_1_1_255", "X_1_1_1_1_1_90_1_1_1_1_1_255", "X_1_1_1_1_1_89_1_1_1_1_1_255", "X_1_1_1_1_1_88_1_1_1_1_1_255", "X_1_1_1_1_1_87_1_1_1_1_1_255", "X_1_1_1_1_1_86_1_1_1_1_1_255", "X_1_1_1_1_1_85_1_1_1_1_1_255", "X_1_1_1_1_1_84_1_1_1_1_1_255", "X_1_1_1_1_1_83_1_1_1_1_1_255", "X_1_1_1_1_1_82_1_1_1_1_1_255", "X_1_1_1_1_1_81_1_1_1_1_1_255", "X_1_1_1_1_1_80_1_1_1_1_1_255", "X_1_1_1_1_1_79_1_1_1_1_1_255", "X_1_1_1_1_1_78_1_1_1_1_1_255", "X_1_1_1_1_1_77_1_1_1_1_1_255", "X_1_1_1_1_1_76_1_1_1_1_1_255", "X_1_1_1_1_1_75_1_1_1_1_1_255", "X_1_1_1_1_1_74_1_1_1_1_1_255", "X_1_1_1_1_1_73_1_1_1_1_1_255", "X_1_1_1_1_1_72_1_1_1_1_1_255", "X_1_1_1_1_1_71_1_1_1_1_1_255", "X_1_1_1_1_1_70_1_1_1_1_1_255", "X_1_1_1_1_1_69_1_1_1_1_1_255", "X_1_1_1_1_1_68_1_1_1_1_1_255", "X_1_1_1_1_1_67_1_1_1_1_1_255", "X_1_1_1_1_1_66_1_1_1_1_1_255", "X_1_1_1_1_1_65_1_1_1_1_1_255", "X_1_1_1_1_1_64_1_1_1_1_1_255", "X_1_1_1_1_1_63_1_1_1_1_1_255", "X_1_1_1_1_1_62_1_1_1_1_1_255", "X_1_1_1_1_1_61_1_1_1_1_1_255", "X_1_1_1_1_1_60_1_1_1_1_1_255", "X_1_1_1_1_1_59_1_1_1_1_1_255", "X_1_1_1_1_1_58_1_1_1_1_1_255", "X_1_1_1_1_1_57_1_1_1_1_1_255", "X_1_1_1_1_1_56_1_1_1_1_1_255", "X_1_1_1_1_1_55_1_1_1_1_1_255", "X_1_1_1_1_1_54_1_1_1_1_1_255", "X_1_1_1_1_1_53_1_1_1_1_1_255", "X_1_1_1_1_1_52_1_1_1_1_1_255", "X_1_1_1_1_1_51_1_1_1_1_1_255", "X_1_1_1_1_1_50_1_1_1_1_1_255", "X_1_1_1_1_1_49_1_1_1_1_1_255", "X_1_1_1_1_1_48_1_1_1_1_1_255", "X_1_1_1_1_1_47_1_1_1_1_1_255", "X_1_1_1_1_1_46_1_1_1_1_1_255", "X_1_1_1_1_1_45_1_1_1_1_1_255", "X_1_1_1_1_1_44_1_1_1_1_1_255", "X_1_1_1_1_1_43_1_1_1_1_1_255", "X_1_1_1_1_1_42_1_1_1_1_1_255", "X_1_1_1_1_1_41_1_1_1_1_1_255", "X_1_1_1_1_1_40_1_1_1_1_1_255", "X_1_1_1_1_1_39_1_1_1_1_1_255", "X_1_1_1_1_1_38_1_1_1_1_1_255", "X_1_1_1_1_1_37_1_1_1_1_1_255", "X_1_1_1_1_1_36_1_1_1_1_1_255", "X_1_1_1_1_1_35_1_1_1_1_1_255", "X_1_1_1_1_1_34_1_1_1_1_1_255", "X_1_1_1_1_1_33_1_1_1_1_1_255", "X_1_1_1_1_1_32_1_1_1_1_1_255", "X_1_1_1_1_1_31_1_1_1_1_1_255", "X_1_1_1_1_1_30_1_1_1_1_1_255", "X_1_1_1_1_1_29_1_1_1_1_1_255", "X_1_1_1_1_1_28_1_1_1_1_1_255", "X_1_1_1_1_1_27_1_1_1_1_1_255", "X_1_1_1_1_1_26_1_1_1_1_1_255", "X_1_1_1_1_1_25_1_1_1_1_1_255", "X_1_1_1_1_1_24_1_1_1_1_1_255", "X_1_1_1_1_1_23_1_1_1_1_1_255", "X_1_1_1_1_1_22_1_1_1_1_1_255", "X_1_1_1_1_1_21_1_1_1_1_1_255", "X_1_1_1_1_1_20_1_1_1_1_1_255", "X_1_1_1_1_1_19_1_1_1_1_1_255", "X_1_1_1_1_1_18_1_1_1_1_1_255", "X_1_1_1_1_1_17_1_1_1_1_1_255", "X_1_1_1_1_1_16_1_1_1_1_1_255", "X_1_1_1_1_1_15_1_1_1_1_1_255", "X_1_1_1_1_1_14_1_1_1_1_1_255", "X_1_1_1_1_1_13_1_1_1_1_1_255", "X_1_1_1_1_1_12_1_1_1_1_1_255", "X_1_1_1_1_1_11_1_1_1_1_1_255", "X_1_1_1_1_1_10_1_1_1_1_1_255", "X_1_1_1_1_1_9_1_1_1_1_1_255", "X_1_1_1_1_1_8_1_1_1_1_1_255", "X_1_1_1_1_1_7_1_1_1_1_1_255", "X_1_1_1_1_1_6_1_1_1_1_1_255", "X_1_1_1_1_1_5_1_1_1_1_1_255", "X_1_1_1_1_1_4_1_1_1_1_1_255", "X_1_1_1_1_1_3_1_1_1_1_1_255", "X_1_1_1_1_1_2_1_1_1_1_1_255", "X_1_1_1_1_1_1_1_1_1_1_1_255"], "CsaImage.RFSWDDataType": ["measured", "measured", "measured", "measured", "measured", "measured", "measured", "measured", "measured", "measured", "measured", "measured", "measured", "measured", "measured", "measured", "measured", "measured", "measured", "measured", "measured", "measured", "measured", "measured", "measured", "measured", "measured", "measured", "measured", "measured", "measured", "measured", "measured", "measured", "measured", "measured", "measured", "measured", "measured", "measured", "measured", "measured", "measured", "measured", "measured", "measured", "measured", "measured", "measured", "measured", "measured", "measured", "measured", "measured", "measured", "measured", "measured", "measured", "measured", "measured", "measured", "measured", "measured", "measured", "measured", "measured", "measured", "measured", "measured", "measured", "measured", "measured", "measured", "measured", "measured", "measured", "measured", "measured", "measured", "measured", "measured", "measured", "measured", "measured", "measured", "measured", "measured", "measured", "measured", "measured", "measured", "measured", "measured", "measured", "measured", "measured", "measured", "measured", "measured", "measured", "measured", "measured", "measured", "measured", "measured", "measured", "measured", "measured", "measured", "measured", "measured", "measured", "measured", "measured", "measured", "measured", "measured", "measured", "measured", "measured", "measured", "measured", "measured", "measured", "measured", "measured", "measured", "measured", "measured", "measured", "measured", "measured", "measured", "measured", "measured", "measured", "measured", "measured", "measured", "measured", "measured", "measured", "measured", "measured", "measured", "measured", "measured", "measured", "measured", "measured", "measured", "measured", "measured", "measured", "measured", "measured", "measured", "measured", "measured", "measured", "measured", "measured", "measured", "measured", "measured", "measured", "measured", "measured", "measured", "measured", "measured", "measured", "measured", "measured", "measured", "measured", "measured", "measured", "measured", "measured", "measured", "measured", "measured", "measured", "measured", "measured", "measured", "measured", "measured", "measured", "measured", "measured", "measured", "measured", "measured", "measured", "measured", "measured", "measured", "measured", "measured", "measured", "measured", "measured", "measured", "measured", "measured", "measured", "measured", "measured", "measured", "measured", "measured", "measured", "measured", "measured", "measured", "measured", "measured", "measured", "measured", "measured", "measured", "measured", "measured", "measured", "measured", "measured", "measured", "measured", "measured", "measured", "measured", "measured", "measured", "measured", "measured", "measured", "measured", "measured", "measured", "measured", "measured", "measured", "measured", "measured", "measured", "measured", "measured", "measured", "measured", "measured", "predicted", "predicted", "predicted", "predicted"], "CsaImage.SlicePosition_PCS": [[101.19969027, -89.39512624, 135.16064286], [100.39976457, -89.39875359, 135.15035986], [99.59983887, -89.40238094, 135.14007685], [98.79991317, -89.40600828, 135.12979384], [97.99998748, -89.40963563, 135.11951084], [97.20006178, -89.41326298, 135.10922783], [96.40013608, -89.41689033, 135.09894483], [95.60021038, -89.42051768, 135.08866182], [94.80028469, -89.42414502, 135.07837882], [94.00035899, -89.42777237, 135.06809581], [93.20043329, -89.43139972, 135.0578128], [92.4005076, -89.43502707, 135.0475298], [91.6005819, -89.43865442, 135.03724679], [90.8006562, -89.44228176, 135.02696379], [90.0007305, -89.44590911, 135.01668078], [89.20080481, -89.44953646, 135.00639777], [88.40087911, -89.45316381, 134.99611477], [87.60095341, -89.45679116, 134.98583176], [86.80102771, -89.4604185, 134.97554876], [86.00110202, -89.46404585, 134.96526575], [85.20117632, -89.4676732, 134.95498275], [84.40125062, -89.47130055, 134.94469974], [83.60132493, -89.4749279, 134.93441673], [82.80139923, -89.47855524, 134.92413373], [82.00147353, -89.48218259, 134.91385072], [81.20154783, -89.48580994, 134.90356772], [80.40162214, -89.48943729, 134.89328471], [79.60169644, -89.49306464, 134.88300171], [78.80177074, -89.49669198, 134.8727187], [78.00184504, -89.50031933, 134.86243569], [77.20191935, -89.50394668, 134.85215269], [76.40199365, -89.50757403, 134.84186968], [75.60206795, -89.51120137, 134.83158668], [74.80214225, -89.51482872, 134.82130367], [74.00221656, -89.51845607, 134.81102066], [73.20229086, -89.52208342, 134.80073766], [72.40236516, -89.52571077, 134.79045465], [71.60243947, -89.52933811, 134.78017165], [70.80251377, -89.53296546, 134.76988864], [70.00258807, -89.53659281, 134.75960564], [69.20266237, -89.54022016, 134.74932263], [68.40273668, -89.54384751, 134.73903962], [67.60281098, -89.54747485, 134.72875662], [66.80288528, -89.5511022, 134.71847361], [66.00295958, -89.55472955, 134.70819061], [65.20303389, -89.5583569, 134.6979076], [64.40310819, -89.56198425, 134.6876246], [63.60318249, -89.56561159, 134.67734159], [62.8032568, -89.56923894, 134.66705858], [62.0033311, -89.57286629, 134.65677558], [61.2034054, -89.57649364, 134.64649257], [60.4034797, -89.58012099, 134.63620957], [59.60355401, -89.58374833, 134.62592656], [58.80362831, -89.58737568, 134.61564355], [58.00370261, -89.59100303, 134.60536055], [57.20377691, -89.59463038, 134.59507754], [56.40385122, -89.59825773, 134.58479454], [55.60392552, -89.60188507, 134.57451153], [54.80399982, -89.60551242, 134.56422853], [54.00407412, -89.60913977, 134.55394552], [53.20414843, -89.61276712, 134.54366251], [52.40422273, -89.61639447, 134.53337951], [51.60429703, -89.62002181, 134.5230965], [50.80437134, -89.62364916, 134.5128135], [50.00444564, -89.62727651, 134.50253049], [49.20451994, -89.63090386, 134.49224749], [48.40459424, -89.63453121, 134.48196448], [47.60466855, -89.63815855, 134.47168147], [46.80474285, -89.6417859, 134.46139847], [46.00481715, -89.64541325, 134.45111546], [45.20489145, -89.6490406, 134.44083246], [44.40496576, -89.65266795, 134.43054945], [43.60504006, -89.65629529, 134.42026644], [42.80511436, -89.65992264, 134.40998344], [42.00518867, -89.66354999, 134.39970043], [41.20526297, -89.66717734, 134.38941743], [40.40533727, -89.67080469, 134.37913442], [39.60541157, -89.67443203, 134.36885142], [38.80548588, -89.67805938, 134.35856841], [38.00556018, -89.68168673, 134.3482854], [37.20563448, -89.68531408, 134.3380024], [36.40570878, -89.68894143, 134.32771939], [35.60578309, -89.69256877, 134.31743639], [34.80585739, -89.69619612, 134.30715338], [34.00593169, -89.69982347, 134.29687038], [33.20600599, -89.70345082, 134.28658737], [32.4060803, -89.70707817, 134.27630436], [31.6061546, -89.71070551, 134.26602136], [30.8062289, -89.71433286, 134.25573835], [30.00630321, -89.71796021, 134.24545535], [29.20637751, -89.72158756, 134.23517234], [28.40645181, -89.72521491, 134.22488933], [27.60652611, -89.72884225, 134.21460633], [26.80660042, -89.7324696, 134.20432332], [26.00667472, -89.73609695, 134.19404032], [25.20674902, -89.7397243, 134.18375731], [24.40682332, -89.74335165, 134.17347431], [23.60689763, -89.74697899, 134.1631913], [22.80697193, -89.75060634, 134.15290829], [22.00704623, -89.75423369, 134.14262529], [21.20712054, -89.75786104, 134.13234228], [20.40719484, -89.76148839, 134.12205928], [19.60726914, -89.76511573, 134.11177627], [18.80734344, -89.76874308, 134.10149327], [18.00741775, -89.77237043, 134.09121026], [17.20749205, -89.77599778, 134.08092725], [16.40756635, -89.77962513, 134.07064425], [15.60764065, -89.78325247, 134.06036124], [14.80771496, -89.78687982, 134.05007824], [14.00778926, -89.79050717, 134.03979523], [13.20786356, -89.79413452, 134.02951223], [12.40793786, -89.79776187, 134.01922922], [11.60801217, -89.80138921, 134.00894621], [10.80808647, -89.80501656, 133.99866321], [10.00816077, -89.80864391, 133.9883802], [9.20823508, -89.81227126, 133.9780972], [8.40830938, -89.81589861, 133.96781419], [7.60838368, -89.81952595, 133.95753118], [6.80845798, -89.8231533, 133.94724818], [6.00853229, -89.82678065, 133.93696517], [5.20860659, -89.830408, 133.92668217], [4.40868089, -89.83403535, 133.91639916], [3.60875519, -89.83766269, 133.90611616], [2.8088295, -89.84129004, 133.89583315], [2.0089038, -89.84491739, 133.88555014], [1.2089781, -89.84854474, 133.87526714], [0.40905241, -89.85217209, 133.86498413], [-0.39087329, -89.85579943, 133.85470113], [-1.19079899, -89.85942678, 133.84441812], [-1.99072469, -89.86305413, 133.83413512], [-2.79065038, -89.86668148, 133.82385211], [-3.59057608, -89.87030883, 133.8135691], [-4.39050178, -89.87393617, 133.8032861], [-5.19042748, -89.87756352, 133.79300309], [-5.99035317, -89.88119087, 133.78272009], [-6.79027887, -89.88481822, 133.77243708], [-7.59020457, -89.88844557, 133.76215407], [-8.39013027, -89.89207291, 133.75187107], [-9.19005596, -89.89570026, 133.74158806], [-9.98998166, -89.89932761, 133.73130506], [-10.78990736, -89.90295496, 133.72102205], [-11.58983305, -89.90658231, 133.71073905], [-12.38975875, -89.91020965, 133.70045604], [-13.18968445, -89.913837, 133.69017303], [-13.98961015, -89.91746435, 133.67989003], [-14.78953584, -89.9210917, 133.66960702], [-15.58946154, -89.92471905, 133.65932402], [-16.38938724, -89.92834639, 133.64904101], [-17.18931294, -89.93197374, 133.63875801], [-17.98923863, -89.93560109, 133.628475], [-18.78916433, -89.93922844, 133.61819199], [-19.58909003, -89.94285578, 133.60790899], [-20.38901572, -89.94648313, 133.59762598], [-21.18894142, -89.95011048, 133.58734298], [-21.98886712, -89.95373783, 133.57705997], [-22.78879282, -89.95736518, 133.56677696], [-23.58871851, -89.96099252, 133.55649396], [-24.38864421, -89.96461987, 133.54621095], [-25.18856991, -89.96824722, 133.53592795], [-25.98849561, -89.97187457, 133.52564494], [-26.7884213, -89.97550192, 133.51536194], [-27.588347, -89.97912926, 133.50507893], [-28.3882727, -89.98275661, 133.49479592], [-29.1881984, -89.98638396, 133.48451292], [-29.98812409, -89.99001131, 133.47422991], [-30.78804979, -89.99363866, 133.46394691], [-31.58797549, -89.997266, 133.4536639], [-32.38790118, -90.00089335, 133.4433809], [-33.18782688, -90.0045207, 133.43309789], [-33.98775258, -90.00814805, 133.42281488], [-34.78767828, -90.0117754, 133.41253188], [-35.58760397, -90.01540274, 133.40224887], [-36.38752967, -90.01903009, 133.39196587], [-37.18745537, -90.02265744, 133.38168286], [-37.98738107, -90.02628479, 133.37139985], [-38.78730676, -90.02991214, 133.36111685], [-39.58723246, -90.03353948, 133.35083384], [-40.38715816, -90.03716683, 133.34055084], [-41.18708385, -90.04079418, 133.33026783], [-41.98700955, -90.04442153, 133.31998483], [-42.78693525, -90.04804888, 133.30970182], [-43.58686095, -90.05167622, 133.29941881], [-44.38678664, -90.05530357, 133.28913581], [-45.18671234, -90.05893092, 133.2788528], [-45.98663804, -90.06255827, 133.2685698], [-46.78656374, -90.06618562, 133.25828679], [-47.58648943, -90.06981296, 133.24800379], [-48.38641513, -90.07344031, 133.23772078], [-49.18634083, -90.07706766, 133.22743777], [-49.98626653, -90.08069501, 133.21715477], [-50.78619222, -90.08432236, 133.20687176], [-51.58611792, -90.0879497, 133.19658876], [-52.38604362, -90.09157705, 133.18630575], [-53.18596931, -90.0952044, 133.17602274], [-53.98589501, -90.09883175, 133.16573974], [-54.78582071, -90.1024591, 133.15545673], [-55.58574641, -90.10608644, 133.14517373], [-56.3856721, -90.10971379, 133.13489072], [-57.1855978, -90.11334114, 133.12460772], [-57.9855235, -90.11696849, 133.11432471], [-58.7854492, -90.12059584, 133.1040417], [-59.58537489, -90.12422318, 133.0937587], [-60.38530059, -90.12785053, 133.08347569], [-61.18522629, -90.13147788, 133.07319269], [-61.98515198, -90.13510523, 133.06290968], [-62.78507768, -90.13873258, 133.05262668], [-63.58500338, -90.14235992, 133.04234367], [-64.38492908, -90.14598727, 133.03206066], [-65.18485477, -90.14961462, 133.02177766], [-65.98478047, -90.15324197, 133.01149465], [-66.78470617, -90.15686932, 133.00121165], [-67.58463187, -90.16049666, 132.99092864], [-68.38455756, -90.16412401, 132.98064563], [-69.18448326, -90.16775136, 132.97036263], [-69.98440896, -90.17137871, 132.96007962], [-70.78433466, -90.17500606, 132.94979662], [-71.58426035, -90.1786334, 132.93951361], [-72.38418605, -90.18226075, 132.92923061], [-73.18411175, -90.1858881, 132.9189476], [-73.98403744, -90.18951545, 132.90866459], [-74.78396314, -90.1931428, 132.89838159], [-75.58388884, -90.19677014, 132.88809858], [-76.38381454, -90.20039749, 132.87781558], [-77.18374023, -90.20402484, 132.86753257], [-77.98366593, -90.20765219, 132.85724957], [-78.78359163, -90.21127954, 132.84696656], [-79.58351733, -90.21490688, 132.83668355], [-80.38344302, -90.21853423, 132.82640055], [-81.18336872, -90.22216158, 132.81611754], [-81.98329442, -90.22578893, 132.80583454], [-82.78322011, -90.22941628, 132.79555153], [-83.58314581, -90.23304362, 132.78526852], [-84.38307151, -90.23667097, 132.77498552], [-85.18299721, -90.24029832, 132.76470251], [-85.9829229, -90.24392567, 132.75441951], [-86.7828486, -90.24755302, 132.7441365], [-87.5827743, -90.25118036, 132.7338535], [-88.3827, -90.25480771, 132.72357049], [-89.18262569, -90.25843506, 132.71328748], [-89.98255139, -90.26206241, 132.70300448], [-90.78247709, -90.26568976, 132.69272147], [-91.58240279, -90.2693171, 132.68243847], [-92.38232848, -90.27294445, 132.67215546], [-93.18225418, -90.2765718, 132.66187246], [-93.98217988, -90.28019915, 132.65158945], [-94.78210557, -90.2838265, 132.64130644], [-95.58203127, -90.28745384, 132.63102344], [-96.38195697, -90.29108119, 132.62074043], [-97.18188267, -90.29470854, 132.61045743], [-97.98180836, -90.29833589, 132.60017442], [-98.78173406, -90.30196324, 132.58989142], [-99.58165976, -90.30559058, 132.57960841], [-100.38158546, -90.30921793, 132.5693254], [-101.18151115, -90.31284528, 132.5590424], [-101.98143685, -90.31647263, 132.54875939], [-102.78136255, -90.32009998, 132.53847639]], "ImagePositionPatient": [[101.1996902658, -89.395126239475, 135.16064286148], [100.39976456849, -89.398753587458, 135.1503598557], [99.599838871188, -89.402380935442, 135.14007684991], [98.799913173881, -89.406008283425, 135.12979384413], [97.999987476574, -89.409635631408, 135.11951083834], [97.200061779267, -89.413262979392, 135.10922783255], [96.40013608196, -89.416890327375, 135.09894482677], [95.600210384653, -89.420517675359, 135.08866182098], [94.800284687346, -89.424145023342, 135.0783788152], [94.000358990039, -89.427772371326, 135.06809580941], [93.200433292732, -89.431399719309, 135.05781280363], [92.400507595425, -89.435027067293, 135.04752979784], [91.600581898118, -89.438654415276, 135.03724679205], [90.800656200811, -89.44228176326, 135.02696378627], [90.000730503504, -89.445909111243, 135.01668078048], [89.200804806197, -89.449536459227, 135.0063977747], [88.40087910889, -89.45316380721, 134.99611476891], [87.600953411583, -89.456791155193, 134.98583176312], [86.801027714276, -89.460418503177, 134.97554875734], [86.001102016969, -89.46404585116, 134.96526575155], [85.201176319662, -89.467673199144, 134.95498274577], [84.401250622355, -89.471300547127, 134.94469973998], [83.601324925048, -89.474927895111, 134.9344167342], [82.801399227741, -89.478555243094, 134.92413372841], [82.001473530434, -89.482182591078, 134.91385072262], [81.201547833127, -89.485809939061, 134.90356771684], [80.40162213582, -89.489437287045, 134.89328471105], [79.601696438513, -89.493064635028, 134.88300170527], [78.801770741206, -89.496691983011, 134.87271869948], [78.001845043899, -89.500319330995, 134.86243569369], [77.201919346592, -89.503946678978, 134.85215268791], [76.401993649285, -89.507574026962, 134.84186968212], [75.602067951978, -89.511201374945, 134.83158667634], [74.802142254671, -89.514828722929, 134.82130367055], [74.002216557364, -89.518456070912, 134.81102066476], [73.202290860057, -89.522083418896, 134.80073765898], [72.40236516275, -89.525710766879, 134.79045465319], [71.602439465443, -89.529338114863, 134.78017164741], [70.802513768136, -89.532965462846, 134.76988864162], [70.002588070829, -89.53659281083, 134.75960563584], [69.202662373522, -89.540220158813, 134.74932263005], [68.402736676215, -89.543847506796, 134.73903962426], [67.602810978908, -89.54747485478, 134.72875661848], [66.802885281601, -89.551102202763, 134.71847361269], [66.002959584294, -89.554729550747, 134.70819060691], [65.203033886987, -89.55835689873, 134.69790760112], [64.40310818968, -89.561984246714, 134.68762459533], [63.603182492372, -89.565611594697, 134.67734158955], [62.803256795065, -89.569238942681, 134.66705858376], [62.003331097758, -89.572866290664, 134.65677557798], [61.203405400451, -89.576493638648, 134.64649257219], [60.403479703144, -89.580120986631, 134.63620956641], [59.603554005837, -89.583748334614, 134.62592656062], [58.80362830853, -89.587375682598, 134.61564355483], [58.003702611223, -89.591003030581, 134.60536054905], [57.203776913916, -89.594630378565, 134.59507754326], [56.403851216609, -89.598257726548, 134.58479453748], [55.603925519302, -89.601885074532, 134.57451153169], [54.803999821995, -89.605512422515, 134.5642285259], [54.004074124688, -89.609139770499, 134.55394552012], [53.204148427381, -89.612767118482, 134.54366251433], [52.404222730074, -89.616394466466, 134.53337950855], [51.604297032767, -89.620021814449, 134.52309650276], [50.80437133546, -89.623649162433, 134.51281349698], [50.004445638153, -89.627276510416, 134.50253049119], [49.204519940846, -89.630903858399, 134.4922474854], [48.404594243539, -89.634531206383, 134.48196447962], [47.604668546232, -89.638158554366, 134.47168147383], [46.804742848925, -89.64178590235, 134.46139846805], [46.004817151618, -89.645413250333, 134.45111546226], [45.204891454311, -89.649040598317, 134.44083245647], [44.404965757004, -89.6526679463, 134.43054945069], [43.605040059697, -89.656295294284, 134.4202664449], [42.80511436239, -89.659922642267, 134.40998343912], [42.005188665083, -89.663549990251, 134.39970043333], [41.205262967776, -89.667177338234, 134.38941742755], [40.405337270469, -89.670804686217, 134.37913442176], [39.605411573162, -89.674432034201, 134.36885141597], [38.805485875855, -89.678059382184, 134.35856841019], [38.005560178548, -89.681686730168, 134.3482854044], [37.205634481241, -89.685314078151, 134.33800239862], [36.405708783934, -89.688941426135, 134.32771939283], [35.605783086627, -89.692568774118, 134.31743638704], [34.80585738932, -89.696196122102, 134.30715338126], [34.005931692013, -89.699823470085, 134.29687037547], [33.206005994706, -89.703450818069, 134.28658736969], [32.406080297399, -89.707078166052, 134.2763043639], [31.606154600092, -89.710705514036, 134.26602135812], [30.806228902785, -89.714332862019, 134.25573835233], [30.006303205478, -89.717960210002, 134.24545534654], [29.206377508171, -89.721587557986, 134.23517234076], [28.406451810864, -89.725214905969, 134.22488933497], [27.606526113557, -89.728842253953, 134.21460632919], [26.80660041625, -89.732469601936, 134.2043233234], [26.006674718943, -89.73609694992, 134.19404031761], [25.206749021636, -89.739724297903, 134.18375731183], [24.406823324329, -89.743351645887, 134.17347430604], [23.606897627022, -89.74697899387, 134.16319130026], [22.806971929715, -89.750606341854, 134.15290829447], [22.007046232408, -89.754233689837, 134.14262528868], [21.207120535101, -89.75786103782, 134.1323422829], [20.407194837794, -89.761488385804, 134.12205927711], [19.607269140487, -89.765115733787, 134.11177627133], [18.80734344318, -89.768743081771, 134.10149326554], [18.007417745873, -89.772370429754, 134.09121025976], [17.207492048566, -89.775997777738, 134.08092725397], [16.407566351259, -89.779625125721, 134.07064424818], [15.607640653952, -89.783252473705, 134.0603612424], [14.807714956645, -89.786879821688, 134.05007823661], [14.007789259338, -89.790507169672, 134.03979523083], [13.207863562031, -89.794134517655, 134.02951222504], [12.407937864724, -89.797761865639, 134.01922921925], [11.608012167417, -89.801389213622, 134.00894621347], [10.80808647011, -89.805016561605, 133.99866320768], [10.008160772803, -89.808643909589, 133.9883802019], [9.208235075496, -89.812271257572, 133.97809719611], [8.408309378189, -89.815898605556, 133.96781419033], [7.608383680882, -89.819525953539, 133.95753118454], [6.808457983575, -89.823153301523, 133.94724817875], [6.008532286268, -89.826780649506, 133.93696517297], [5.208606588961, -89.83040799749, 133.92668216718], [4.408680891654, -89.834035345473, 133.9163991614], [3.608755194347, -89.837662693457, 133.90611615561], [2.80882949704, -89.84129004144, 133.89583314982], [2.008903799733, -89.844917389423, 133.88555014404], [1.2089781024259, -89.848544737407, 133.87526713825], [0.40905240511894, -89.85217208539, 133.86498413247], [-0.3908732921881, -89.855799433374, 133.85470112668], [-1.1907989894951, -89.859426781357, 133.8444181209], [-1.9907246868021, -89.863054129341, 133.83413511511], [-2.7906503841091, -89.866681477324, 133.82385210932], [-3.5905760814161, -89.870308825308, 133.81356910354], [-4.3905017787231, -89.873936173291, 133.80328609775], [-5.1904274760301, -89.877563521275, 133.79300309197], [-5.9903531733371, -89.881190869258, 133.78272008618], [-6.7902788706441, -89.884818217242, 133.77243708039], [-7.5902045679511, -89.888445565225, 133.76215407461], [-8.3901302652581, -89.892072913208, 133.75187106882], [-9.1900559625651, -89.895700261192, 133.74158806304], [-9.9899816598722, -89.899327609175, 133.73130505725], [-10.789907357179, -89.902954957159, 133.72102205147], [-11.589833054486, -89.906582305142, 133.71073904568], [-12.389758751793, -89.910209653126, 133.70045603989], [-13.1896844491, -89.913837001109, 133.69017303411], [-13.989610146407, -89.917464349093, 133.67989002832], [-14.789535843714, -89.921091697076, 133.66960702254], [-15.589461541021, -89.92471904506, 133.65932401675], [-16.389387238328, -89.928346393043, 133.64904101096], [-17.189312935635, -89.931973741026, 133.63875800518], [-17.989238632942, -89.93560108901, 133.62847499939], [-18.789164330249, -89.939228436993, 133.61819199361], [-19.589090027556, -89.942855784977, 133.60790898782], [-20.389015724863, -89.94648313296, 133.59762598204], [-21.18894142217, -89.950110480944, 133.58734297625], [-21.988867119477, -89.953737828927, 133.57705997046], [-22.788792816784, -89.957365176911, 133.56677696468], [-23.588718514091, -89.960992524894, 133.55649395889], [-24.388644211398, -89.964619872878, 133.54621095311], [-25.188569908705, -89.968247220861, 133.53592794732], [-25.988495606012, -89.971874568844, 133.52564494153], [-26.788421303319, -89.975501916828, 133.51536193575], [-27.588347000626, -89.979129264811, 133.50507892996], [-28.388272697933, -89.982756612795, 133.49479592418], [-29.18819839524, -89.986383960778, 133.48451291839], [-29.988124092547, -89.990011308762, 133.4742299126], [-30.788049789854, -89.993638656745, 133.46394690682], [-31.587975487161, -89.997266004729, 133.45366390103], [-32.387901184468, -90.000893352712, 133.44338089525], [-33.187826881775, -90.004520700696, 133.43309788946], [-33.987752579082, -90.008148048679, 133.42281488368], [-34.787678276389, -90.011775396663, 133.41253187789], [-35.587603973696, -90.015402744646, 133.4022488721], [-36.387529671003, -90.019030092629, 133.39196586632], [-37.18745536831, -90.022657440613, 133.38168286053], [-37.987381065617, -90.026284788596, 133.37139985475], [-38.787306762924, -90.02991213658, 133.36111684896], [-39.587232460231, -90.033539484563, 133.35083384317], [-40.387158157538, -90.037166832547, 133.34055083739], [-41.187083854845, -90.04079418053, 133.3302678316], [-41.987009552152, -90.044421528514, 133.31998482582], [-42.786935249459, -90.048048876497, 133.30970182003], [-43.586860946766, -90.051676224481, 133.29941881425], [-44.386786644073, -90.055303572464, 133.28913580846], [-45.18671234138, -90.058930920447, 133.27885280267], [-45.986638038687, -90.062558268431, 133.26856979689], [-46.786563735994, -90.066185616414, 133.2582867911], [-47.586489433301, -90.069812964398, 133.24800378532], [-48.386415130608, -90.073440312381, 133.23772077953], [-49.186340827916, -90.077067660365, 133.22743777374], [-49.986266525223, -90.080695008348, 133.21715476796], [-50.78619222253, -90.084322356332, 133.20687176217], [-51.586117919837, -90.087949704315, 133.19658875639], [-52.386043617144, -90.091577052299, 133.1863057506], [-53.185969314451, -90.095204400282, 133.17602274482], [-53.985895011758, -90.098831748266, 133.16573973903], [-54.785820709065, -90.102459096249, 133.15545673324], [-55.585746406372, -90.106086444232, 133.14517372746], [-56.385672103679, -90.109713792216, 133.13489072167], [-57.185597800986, -90.113341140199, 133.12460771589], [-57.985523498293, -90.116968488183, 133.1143247101], [-58.7854491956, -90.120595836166, 133.10404170431], [-59.585374892907, -90.12422318415, 133.09375869853], [-60.385300590214, -90.127850532133, 133.08347569274], [-61.185226287521, -90.131477880117, 133.07319268696], [-61.985151984828, -90.1351052281, 133.06290968117], [-62.785077682135, -90.138732576084, 133.05262667539], [-63.585003379442, -90.142359924067, 133.0423436696], [-64.384929076749, -90.14598727205, 133.03206066381], [-65.184854774056, -90.149614620034, 133.02177765803], [-65.984780471363, -90.153241968017, 133.01149465224], [-66.78470616867, -90.156869316001, 133.00121164646], [-67.584631865977, -90.160496663984, 132.99092864067], [-68.384557563284, -90.164124011968, 132.98064563488], [-69.184483260591, -90.167751359951, 132.9703626291], [-69.984408957898, -90.171378707935, 132.96007962331], [-70.784334655205, -90.175006055918, 132.94979661753], [-71.584260352512, -90.178633403902, 132.93951361174], [-72.384186049819, -90.182260751885, 132.92923060595], [-73.184111747126, -90.185888099869, 132.91894760017], [-73.984037444433, -90.189515447852, 132.90866459438], [-74.78396314174, -90.193142795835, 132.8983815886], [-75.583888839047, -90.196770143819, 132.88809858281], [-76.383814536354, -90.200397491802, 132.87781557703], [-77.183740233661, -90.204024839786, 132.86753257124], [-77.983665930968, -90.207652187769, 132.85724956545], [-78.783591628275, -90.211279535753, 132.84696655967], [-79.583517325582, -90.214906883736, 132.83668355388], [-80.383443022889, -90.21853423172, 132.8264005481], [-81.183368720196, -90.222161579703, 132.81611754231], [-81.983294417503, -90.225788927687, 132.80583453652], [-82.78322011481, -90.22941627567, 132.79555153074], [-83.583145812117, -90.233043623653, 132.78526852495], [-84.383071509424, -90.236670971637, 132.77498551917], [-85.182997206731, -90.24029831962, 132.76470251338], [-85.982922904038, -90.243925667604, 132.7544195076], [-86.782848601345, -90.247553015587, 132.74413650181], [-87.582774298652, -90.251180363571, 132.73385349602], [-88.382699995959, -90.254807711554, 132.72357049024], [-89.182625693266, -90.258435059538, 132.71328748445], [-89.982551390573, -90.262062407521, 132.70300447867], [-90.78247708788, -90.265689755505, 132.69272147288], [-91.582402785187, -90.269317103488, 132.68243846709], [-92.382328482494, -90.272944451472, 132.67215546131], [-93.182254179801, -90.276571799455, 132.66187245552], [-93.982179877108, -90.280199147438, 132.65158944974], [-94.782105574415, -90.283826495422, 132.64130644395], [-95.582031271722, -90.287453843405, 132.63102343817], [-96.381956969029, -90.291081191389, 132.62074043238], [-97.181882666336, -90.294708539372, 132.61045742659], [-97.981808363643, -90.298335887356, 132.60017442081], [-98.78173406095, -90.301963235339, 132.58989141502], [-99.581659758257, -90.305590583323, 132.57960840924], [-100.38158545556, -90.309217931306, 132.56932540345], [-101.18151115287, -90.31284527929, 132.55904239766], [-101.98143685018, -90.316472627273, 132.54875939188], [-102.78136254748, -90.320099975256, 132.53847638609]], "InstanceCreationTime": ["174646.968000", "174646.968000", "174646.968000", "174646.968000", "174646.968000", "174646.968000", "174646.968000", "174646.968000", "174646.953000", "174646.953000", "174646.953000", "174646.953000", "174646.953000", "174646.953000", "174646.953000", "174646.937000", "174646.937000", "174646.937000", "174646.937000", "174646.937000", "174646.921000", "174646.921000", "174646.921000", "174646.921000", "174646.921000", "174646.921000", "174646.921000", "174646.921000", "174646.906000", "174646.906000", "174646.906000", "174646.906000", "174646.906000", "174646.906000", "174646.906000", "174646.906000", "174646.890000", "174646.890000", "174646.890000", "174646.890000", "174646.890000", "174646.890000", "174646.890000", "174646.890000", "174646.875000", "174646.875000", "174646.875000", "174646.875000", "174646.875000", "174646.875000", "174646.875000", "174646.875000", "174646.859000", "174646.796000", "174646.796000", "174646.796000", "174646.796000", "174646.796000", "174646.796000", "174646.796000", "174646.796000", "174646.781000", "174646.781000", "174646.781000", "174646.781000", "174646.765000", "174646.765000", "174646.765000", "174646.765000", "174646.765000", "174646.765000", "174646.765000", "174646.765000", "174646.750000", "174646.750000", "174646.750000", "174646.750000", "174646.750000", "174646.750000", "174646.750000", "174646.750000", "174646.734000", "174646.734000", "174646.734000", "174646.734000", "174646.734000", "174646.734000", "174646.734000", "174646.734000", "174646.718000", "174646.718000", "174646.718000", "174646.718000", "174646.718000", "174646.718000", "174646.718000", "174646.718000", "174646.703000", "174646.703000", "174646.703000", "174646.703000", "174646.703000", "174646.703000", "174646.703000", "174646.703000", "174646.687000", "174646.687000", "174646.687000", "174646.687000", "174646.687000", "174646.687000", "174646.687000", "174646.687000", "174646.671000", "174646.671000", "174646.671000", "174646.671000", "174646.671000", "174646.671000", "174646.671000", "174646.671000", "174646.656000", "174646.656000", "174646.656000", "174646.656000", "174646.656000", "174646.656000", "174646.656000", "174646.656000", "174646.640000", "174646.640000", "174646.640000", "174646.640000", "174646.640000", "174646.640000", "174646.640000", "174646.640000", "174646.625000", "174646.625000", "174646.625000", "174646.625000", "174646.625000", "174646.625000", "174646.625000", "174646.609000", "174646.609000", "174646.609000", "174646.609000", "174646.609000", "174646.609000", "174646.593000", "174640.281000", "174640.281000", "174640.281000", "174640.265000", "174640.265000", "174640.265000", "174640.265000", "174640.265000", "174640.265000", "174640.265000", "174640.265000", "174640.265000", "174640.250000", "174640.250000", "174640.250000", "174640.250000", "174640.250000", "174640.250000", "174640.250000", "174640.234000", "174640.234000", "174640.234000", "174640.234000", "174640.234000", "174640.234000", "174640.234000", "174640.218000", "174640.218000", "174640.218000", "174640.218000", "174640.218000", "174640.218000", "174640.218000", "174640.218000", "174640.203000", "174640.203000", "174640.203000", "174640.203000", "174640.203000", "174640.203000", "174640.203000", "174640.187000", "174640.187000", "174640.187000", "174640.187000", "174640.187000", "174640.187000", "174640.187000", "174640.187000", "174640.171000", "174640.171000", "174640.156000", "174640.156000", "174640.156000", "174640.156000", "174640.140000", "174640.140000", "174640.140000", "174640.140000", "174640.140000", "174640.140000", "174640.125000", "174640.125000", "174640.125000", "174640.125000", "174640.109000", "174640.109000", "174640.109000", "174640.109000", "174640.109000", "174640.109000", "174640.109000", "174640.109000", "174640.109000", "174640.093000", "174640.093000", "174640.093000", "174640.093000", "174640.093000", "174640.093000", "174640.093000", "174640.093000", "174640.078000", "174640.078000", "174640.078000", "174640.078000", "174640.078000", "174640.078000", "174640.062000", "174640.062000", "174640.062000", "174640.062000", "174640.062000", "174640.062000", "174640.062000", "174640.046000", "174640.046000", "174640.046000", "174640.046000", "174640.046000", "174640.046000", "174640.046000", "174640.031000", "174640.031000", "174640.031000"], "InstanceNumber": [256, 255, 254, 253, 252, 251, 250, 249, 248, 247, 246, 245, 244, 243, 242, 241, 240, 239, 238, 237, 236, 235, 234, 233, 232, 231, 230, 229, 228, 227, 226, 225, 224, 223, 222, 221, 220, 219, 218, 217, 216, 215, 214, 213, 212, 211, 210, 209, 208, 207, 206, 205, 204, 203, 202, 201, 200, 199, 198, 197, 196, 195, 194, 193, 192, 191, 190, 189, 188, 187, 186, 185, 184, 183, 182, 181, 180, 179, 178, 177, 176, 175, 174, 173, 172, 171, 170, 169, 168, 167, 166, 165, 164, 163, 162, 161, 160, 159, 158, 157, 156, 155, 154, 153, 152, 151, 150, 149, 148, 147, 146, 145, 144, 143, 142, 141, 140, 139, 138, 137, 136, 135, 134, 133, 132, 131, 130, 129, 128, 127, 126, 125, 124, 123, 122, 121, 120, 119, 118, 117, 116, 115, 114, 113, 112, 111, 110, 109, 108, 107, 106, 105, 104, 103, 102, 101, 100, 99, 98, 97, 96, 95, 94, 93, 92, 91, 90, 89, 88, 87, 86, 85, 84, 83, 82, 81, 80, 79, 78, 77, 76, 75, 74, 73, 72, 71, 70, 69, 68, 67, 66, 65, 64, 63, 62, 61, 60, 59, 58, 57, 56, 55, 54, 53, 52, 51, 50, 49, 48, 47, 46, 45, 44, 43, 42, 41, 40, 39, 38, 37, 36, 35, 34, 33, 32, 31, 30, 29, 28, 27, 26, 25, 24, 23, 22, 21, 20, 19, 18, 17, 16, 15, 14, 13, 12, 11, 10, 9, 8, 7, 6, 5, 4, 3, 2, 1], "LargestImagePixelValue": [55, 57, 64, 57, 59, 49, 78, 87, 64, 72, 71, 89, 109, 91, 79, 99, 112, 121, 140, 418, 662, 858, 1045, 1134, 994, 747, 580, 692, 641, 710, 767, 885, 882, 990, 977, 935, 958, 1014, 975, 1060, 804, 853, 986, 802, 937, 1106, 1085, 1151, 1051, 1090, 1160, 1125, 1173, 1070, 1138, 1083, 1105, 1161, 1076, 1151, 1082, 1116, 1157, 1107, 1049, 1059, 1121, 1107, 1092, 1062, 1107, 1042, 1104, 1091, 1110, 1154, 1235, 1244, 1246, 1167, 1175, 1208, 1134, 1162, 1227, 1130, 1176, 1186, 1153, 1182, 1187, 1174, 1256, 1315, 1238, 1279, 1304, 1175, 1286, 1175, 1237, 1282, 1359, 1201, 1242, 1211, 1336, 1245, 1235, 1242, 1265, 1389, 1275, 1273, 1343, 1276, 1317, 1354, 1384, 1281, 1249, 1326, 1260, 1256, 1267, 1342, 1334, 1315, 1288, 1309, 1253, 1263, 1303, 1291, 1243, 1215, 1198, 1184, 1211, 1222, 1191, 1219, 1215, 1169, 1237, 1228, 1217, 1240, 1247, 1283, 1223, 1389, 1337, 1316, 1217, 1240, 1180, 1174, 1175, 1202, 1229, 1264, 1215, 1242, 1227, 1219, 1212, 1252, 1153, 1293, 1191, 1212, 1252, 1217, 1235, 1182, 1152, 1228, 1239, 1360, 1285, 1275, 1107, 1321, 1170, 1161, 1117, 1084, 1121, 1181, 1149, 1135, 1150, 1152, 1135, 1080, 1116, 1071, 1116, 1038, 1075, 1053, 1050, 1176, 1184, 1058, 1049, 974, 854, 908, 877, 817, 852, 925, 788, 816, 793, 755, 832, 856, 867, 923, 914, 822, 755, 782, 832, 741, 756, 749, 746, 689, 791, 869, 773, 611, 599, 527, 113, 127, 124, 86, 88, 135, 116, 71, 73, 101, 82, 90, 138, 62, 56, 51, 53, 54], "SliceLocation": [102.52227752829, 101.72227751637, 100.92227750445, 100.12227749253, 99.322277480606, 98.522277468685, 97.722277456764, 96.922277444843, 96.122277432922, 95.322277421001, 94.52227740908, 93.722277397159, 92.922277385238, 92.122277373317, 91.322277361397, 90.522277349476, 89.722277337555, 88.922277325634, 88.122277313713, 87.322277301792, 86.522277289871, 85.72227727795, 84.922277266029, 84.122277254108, 83.322277242187, 82.522277230266, 81.722277218345, 80.922277206424, 80.122277194504, 79.322277182583, 78.522277170662, 77.722277158741, 76.92227714682, 76.122277134899, 75.322277122978, 74.522277111057, 73.722277099136, 72.922277087215, 72.122277075294, 71.322277063373, 70.522277051452, 69.722277039531, 68.922277027611, 68.12227701569, 67.322277003769, 66.522276991848, 65.722276979927, 64.922276968006, 64.122276956085, 63.322276944164, 62.522276932243, 61.722276920322, 60.922276908401, 60.12227689648, 59.322276884559, 58.522276872638, 57.722276860718, 56.922276848797, 56.122276836876, 55.322276824955, 54.522276813034, 53.722276801113, 52.922276789192, 52.122276777271, 51.32227676535, 50.522276753429, 49.722276741508, 48.922276729587, 48.122276717666, 47.322276705745, 46.522276693825, 45.722276681904, 44.922276669983, 44.122276658062, 43.322276646141, 42.52227663422, 41.722276622299, 40.922276610378, 40.122276598457, 39.322276586536, 38.522276574615, 37.722276562694, 36.922276550773, 36.122276538852, 35.322276526932, 34.522276515011, 33.72227650309, 32.922276491169, 32.122276479248, 31.322276467327, 30.522276455406, 29.722276443485, 28.922276431564, 28.122276419643, 27.322276407722, 26.522276395801, 25.72227638388, 24.922276371959, 24.122276360039, 23.322276348118, 22.522276336197, 21.722276324276, 20.922276312355, 20.122276300434, 19.322276288513, 18.522276276592, 17.722276264671, 16.92227625275, 16.122276240829, 15.322276228908, 14.522276216987, 13.722276205066, 12.922276193146, 12.122276181225, 11.322276169304, 10.522276157383, 9.7222761454618, 8.9222761335409, 8.1222761216199, 7.322276109699, 6.5222760977781, 5.7222760858571, 4.9222760739362, 4.1222760620153, 3.3222760500944, 2.5222760381734, 1.7222760262525, 0.92227601433157, 0.12227600241064, -0.6777240095103, -1.4777240214312, -2.2777240333522, -3.0777240452731, -3.877724057194, -4.6777240691149, -5.4777240810359, -6.2777240929568, -7.0777241048777, -7.8777241167987, -8.6777241287196, -9.4777241406405, -10.277724152561, -11.077724164482, -11.877724176403, -12.677724188324, -13.477724200245, -14.277724212166, -15.077724224087, -15.877724236008, -16.677724247929, -17.47772425985, -18.277724271771, -19.077724283692, -19.877724295613, -20.677724307534, -21.477724319454, -22.277724331375, -23.077724343296, -23.877724355217, -24.677724367138, -25.477724379059, -26.27772439098, -27.077724402901, -27.877724414822, -28.677724426743, -29.477724438664, -30.277724450585, -31.077724462506, -31.877724474427, -32.677724486347, -33.477724498268, -34.277724510189, -35.07772452211, -35.877724534031, -36.677724545952, -37.477724557873, -38.277724569794, -39.077724581715, -39.877724593636, -40.677724605557, -41.477724617478, -42.277724629399, -43.07772464132, -43.87772465324, -44.677724665161, -45.477724677082, -46.277724689003, -47.077724700924, -47.877724712845, -48.677724724766, -49.477724736687, -50.277724748608, -51.077724760529, -51.87772477245, -52.677724784371, -53.477724796292, -54.277724808213, -55.077724820133, -55.877724832054, -56.677724843975, -57.477724855896, -58.277724867817, -59.077724879738, -59.877724891659, -60.67772490358, -61.477724915501, -62.277724927422, -63.077724939343, -63.877724951264, -64.677724963185, -65.477724975106, -66.277724987026, -67.077724998947, -67.877725010868, -68.677725022789, -69.47772503471, -70.277725046631, -71.077725058552, -71.877725070473, -72.677725082394, -73.477725094315, -74.277725106236, -75.077725118157, -75.877725130078, -76.677725141999, -77.477725153919, -78.27772516584, -79.077725177761, -79.877725189682, -80.677725201603, -81.477725213524, -82.277725225445, -83.077725237366, -83.877725249287, -84.677725261208, -85.477725273129, -86.27772528505, -87.077725296971, -87.877725308892, -88.677725320812, -89.477725332733, -90.277725344654, -91.077725356575, -91.877725368496, -92.677725380417, -93.477725392338, -94.277725404259, -95.07772541618, -95.877725428101, -96.677725440022, -97.477725451943, -98.277725463864, -99.077725475785, -99.877725487705, -100.67772549963, -101.47772551155], "WindowCenter": [28.0, 28.0, 29.0, 29.0, 29.0, 29.0, 30.0, 31.0, 30.0, 30.0, 30.0, 31.0, 32.0, 31.0, 31.0, 32.0, 34.0, 34.0, 36.0, 59.0, 162.0, 271.0, 269.0, 271.0, 265.0, 274.0, 250.0, 279.0, 263.0, 284.0, 298.0, 314.0, 330.0, 348.0, 335.0, 338.0, 339.0, 344.0, 346.0, 345.0, 342.0, 341.0, 344.0, 345.0, 357.0, 376.0, 387.0, 401.0, 424.0, 439.0, 451.0, 461.0, 460.0, 466.0, 470.0, 474.0, 474.0, 483.0, 484.0, 494.0, 497.0, 502.0, 506.0, 504.0, 506.0, 510.0, 508.0, 513.0, 517.0, 517.0, 522.0, 526.0, 528.0, 529.0, 536.0, 538.0, 540.0, 546.0, 549.0, 552.0, 553.0, 557.0, 555.0, 550.0, 550.0, 553.0, 551.0, 554.0, 549.0, 551.0, 550.0, 553.0, 558.0, 558.0, 560.0, 564.0, 568.0, 567.0, 567.0, 566.0, 566.0, 568.0, 565.0, 565.0, 563.0, 563.0, 563.0, 563.0, 563.0, 566.0, 567.0, 571.0, 580.0, 584.0, 588.0, 592.0, 594.0, 598.0, 607.0, 614.0, 612.0, 626.0, 629.0, 641.0, 625.0, 605.0, 624.0, 618.0, 607.0, 595.0, 586.0, 581.0, 580.0, 575.0, 568.0, 574.0, 572.0, 566.0, 567.0, 564.0, 558.0, 555.0, 551.0, 542.0, 542.0, 543.0, 541.0, 541.0, 543.0, 543.0, 545.0, 550.0, 551.0, 551.0, 549.0, 550.0, 549.0, 547.0, 546.0, 546.0, 545.0, 545.0, 546.0, 547.0, 551.0, 551.0, 548.0, 545.0, 544.0, 547.0, 552.0, 548.0, 552.0, 551.0, 550.0, 545.0, 540.0, 542.0, 539.0, 534.0, 530.0, 523.0, 518.0, 519.0, 514.0, 513.0, 506.0, 503.0, 507.0, 505.0, 503.0, 494.0, 494.0, 486.0, 475.0, 470.0, 468.0, 464.0, 460.0, 458.0, 452.0, 444.0, 430.0, 414.0, 405.0, 395.0, 386.0, 381.0, 375.0, 375.0, 377.0, 379.0, 374.0, 372.0, 366.0, 368.0, 368.0, 359.0, 348.0, 355.0, 357.0, 334.0, 325.0, 309.0, 297.0, 309.0, 310.0, 297.0, 291.0, 276.0, 285.0, 273.0, 282.0, 283.0, 266.0, 171.0, 93.0, 66.0, 35.0, 34.0, 33.0, 32.0, 32.0, 34.0, 34.0, 31.0, 31.0, 32.0, 30.0, 31.0, 32.0, 30.0, 29.0, 28.0, 28.0, 28.0], "WindowWidth": [73.0, 73.0, 76.0, 77.0, 76.0, 76.0, 80.0, 83.0, 79.0, 79.0, 80.0, 81.0, 84.0, 83.0, 83.0, 86.0, 91.0, 90.0, 96.0, 173.0, 371.0, 525.0, 527.0, 537.0, 535.0, 550.0, 525.0, 568.0, 553.0, 588.0, 621.0, 659.0, 695.0, 733.0, 715.0, 722.0, 728.0, 739.0, 745.0, 742.0, 737.0, 735.0, 740.0, 746.0, 776.0, 815.0, 841.0, 865.0, 908.0, 934.0, 954.0, 974.0, 972.0, 980.0, 986.0, 992.0, 994.0, 1011.0, 1016.0, 1031.0, 1036.0, 1042.0, 1049.0, 1046.0, 1049.0, 1053.0, 1052.0, 1060.0, 1064.0, 1064.0, 1069.0, 1074.0, 1076.0, 1076.0, 1083.0, 1087.0, 1093.0, 1101.0, 1103.0, 1106.0, 1104.0, 1108.0, 1104.0, 1099.0, 1098.0, 1102.0, 1099.0, 1099.0, 1093.0, 1096.0, 1096.0, 1103.0, 1113.0, 1118.0, 1123.0, 1129.0, 1139.0, 1140.0, 1140.0, 1139.0, 1143.0, 1148.0, 1145.0, 1145.0, 1141.0, 1140.0, 1143.0, 1144.0, 1145.0, 1151.0, 1150.0, 1156.0, 1170.0, 1175.0, 1182.0, 1188.0, 1194.0, 1202.0, 1214.0, 1225.0, 1229.0, 1254.0, 1261.0, 1285.0, 1250.0, 1210.0, 1256.0, 1251.0, 1228.0, 1208.0, 1192.0, 1187.0, 1186.0, 1175.0, 1161.0, 1165.0, 1159.0, 1148.0, 1147.0, 1141.0, 1131.0, 1124.0, 1119.0, 1103.0, 1100.0, 1098.0, 1096.0, 1097.0, 1097.0, 1096.0, 1102.0, 1109.0, 1109.0, 1109.0, 1104.0, 1102.0, 1099.0, 1096.0, 1093.0, 1093.0, 1090.0, 1089.0, 1092.0, 1094.0, 1101.0, 1099.0, 1093.0, 1093.0, 1091.0, 1096.0, 1104.0, 1100.0, 1108.0, 1104.0, 1104.0, 1097.0, 1093.0, 1098.0, 1092.0, 1088.0, 1082.0, 1070.0, 1064.0, 1065.0, 1059.0, 1058.0, 1049.0, 1045.0, 1053.0, 1050.0, 1047.0, 1033.0, 1031.0, 1016.0, 998.0, 988.0, 984.0, 975.0, 967.0, 963.0, 954.0, 940.0, 916.0, 889.0, 871.0, 851.0, 834.0, 822.0, 807.0, 806.0, 809.0, 812.0, 801.0, 798.0, 786.0, 788.0, 786.0, 767.0, 745.0, 754.0, 756.0, 702.0, 674.0, 642.0, 614.0, 628.0, 626.0, 601.0, 585.0, 560.0, 570.0, 549.0, 557.0, 552.0, 523.0, 389.0, 263.0, 196.0, 94.0, 92.0, 88.0, 84.0, 84.0, 91.0, 90.0, 83.0, 83.0, 86.0, 80.0, 81.0, 85.0, 78.0, 78.0, 74.0, 73.0, 72.0]}}}