{"AcquisitionMatrixPE": 96, "AcquisitionNumber": 1, "AcquisitionTime": "07:55:47.905000", "BandwidthPerPixelPhaseEncode": 33.602, "BaseResolution": 96, "BodyPartExamined": "BRAIN", "ConsistencyInfo": "N4_VD11D_LATEST_20110129", "ConversionSoftware": "dcm2niix", "ConversionSoftwareVersion": "v1.0.20210317", "DerivedVendorReportedEchoSpacing": 0.000620003, "DeviceSerialNumber": "45239", "DwellTime": 2.6e-06, "EchoTime": 0.03, "EchoTrainLength": 48, "EffectiveEchoSpacing": 0.000310001, "FlipAngle": 63, "ImageComments": "Unaliased MB4/PE3", "ImageOrientationPatientDICOM": [0.999956, -0.00829818, 0.0044681, 0.00942464, 0.880438, -0.474067], "ImageType": ["ORIGINAL", "PRIMARY", "M", "ND", "NORM", "MOSAIC"], "ImagingFrequency": 123.193, "InPlanePhaseEncodingDirectionDICOM": "COL", "InstitutionAddress": "E 24th St. 100,Austin,Southmiddle,US,78712", "InstitutionName": "Univ of Texas at Austin", "InstitutionalDepartmentName": "IRC", "MRAcquisitionType": "2D", "MagneticFieldStrength": 3, "Manufacturer": "Siemens", "ManufacturersModelName": "Skyra", "Modality": "MR", "MultibandAccelerationFactor": 4, "ParallelReductionFactorInPlane": 2, "PartialFourier": 1, "PatientPosition": "HFS", "PercentPhaseFOV": 100, "PercentSampling": 100, "PhaseEncodingDirection": "j-", "PhaseEncodingSteps": 96, "PhaseResolution": 1, "PixelBandwidth": 2005, "ProcedureStepDescription": "Poldrack2^self-scanning", "ProtocolName": "N-back fMRI MBEPI_matrix96_BW200", "PulseSequenceDetails": "%CustomerSeq%\\cmrr_mbep2d_bold", "ReceiveCoilActiveElements": "HEA;HEP", "ReceiveCoilName": "Head_32", "ReconMatrixPE": 96, "RefLinesPE": 94, "RepetitionTime": 1.16, "SAR": 0.0949068, "ScanOptions": "FS", "ScanningSequence": "EP", "SequenceName": "epfid2d1_96", "SequenceVariant": "SK", "SeriesDescription": "N-back fMRI MBEPI_matrix96_BW200", "SeriesNumber": 8, "ShimSetting": [-2801, 8105, -15592, -774, -15, -330, 43, -56], "SliceThickness": 2, "SliceTiming": [0, 0.5, 0.9975, 0.3575, 0.855, 0.215, 0.7125, 0.0725, 0.57, 1.07, 0.4275, 0.9275, 0.285, 0.785, 0.1425, 0.6425, 0, 0.5, 0.9975, 0.3575, 0.855, 0.215, 0.7125, 0.0725, 0.57, 1.07, 0.4275, 0.9275, 0.285, 0.785, 0.1425, 0.6425, 0, 0.5, 0.9975, 0.3575, 0.855, 0.215, 0.7125, 0.0725, 0.57, 1.07, 0.4275, 0.9275, 0.285, 0.785, 0.1425, 0.6425, 0, 0.5, 0.9975, 0.3575, 0.855, 0.215, 0.7125, 0.0725, 0.57, 1.07, 0.4275, 0.9275, 0.285, 0.785, 0.1425, 0.6425], "SoftwareVersions": "syngo MR D11", "SpacingBetweenSlices": 2.4, "StationName": "AWP45239", "TaskName": "N-back task", "TotalReadoutTime": 0.0294501, "TxRefAmp": 333.641, "WipMemBlock": "0fc93810-bcca-474f-9f2e-609898de9deb||Sequence: VD11D r206; Feb 13 2013 18:52:04 by eja", "dcmmeta_affine": [[-2.3957269191741943, 0.022579854354262352, -1.3720157454599757e-08, 118.17633819580078], [0.019881056621670723, 2.1093831062316895, -1.1378117799758911, -81.4051742553711], [0.010704831220209599, 1.1357859373092651, 2.113145589828491, -86.9021987915039], [0.0, 0.0, 0.0, 1.0]], "dcmmeta_reorient_transform": [[0.0, -1.0, 0.0, 95.0], [1.0, 0.0, 0.0, 0.0], [0.0, 0.0, 1.0, 0.0], [0.0, 0.0, 0.0, 1.0]], "dcmmeta_shape": [96, 96, 64, 380], "dcmmeta_slice_dim": 2, "dcmmeta_version": 0.6, "global": {"const": {"AcquisitionMatrix": [96, 0, 0, 96], "AngioFlag": "N", "BitsAllocated": 16, "BitsStored": 16, "BodyPartExamined": "BRAIN", "Columns": 768, "EchoNumbers": 1, "EchoTime": 30.0, "EchoTrainLength": 48, "FlipAngle": 63.0, "HighBit": 15, "ImageOrientationPatient": [0.99995558714011, -0.0082981804372, 0.0044681034801, 0.00942463512701, 0.88043824182256, -0.4740671667487], "ImagePositionPatient": [-932.87247998074, -821.05896009268, 399.02469229648], "ImageType": ["ORIGINAL", "PRIMARY", "M", "ND", "NORM", "MOSAIC"], "ImagedNucleus": "1H", "ImagingFrequency": 123.193469, "InPlanePhaseEncodingDirection": "COL", "MRAcquisitionType": "2D", "MagneticFieldStrength": 3.0, "Manufacturer": "SIEMENS", "ManufacturerModelName": "Skyra", "Modality": "MR", "NumberOfAverages": 1.0, "NumberOfPhaseEncodingSteps": 96, "PercentPhaseFieldOfView": 100.0, "PercentSampling": 100.0, "PerformedProcedureStepStartTime": "073042.390000", "PhotometricInterpretation": "MONOCHROME2", "PixelBandwidth": 2005.0, "PixelRepresentation": 0, "PixelSpacing": [2.3958332538605, 2.3958332538605], "ProtocolName": "N-back fMRI MBEPI_matrix96_BW200", "RepetitionTime": 1160.0, "Rows": 768, "SAR": 0.09490681484418, "SamplesPerPixel": 1, "ScanOptions": "FS", "ScanningSequence": "EP", "SequenceName": "epfid2d1_96", "SequenceVariant": "SK", "SeriesDescription": "N-back fMRI MBEPI_matrix96_BW200", "SeriesNumber": 8, "SeriesTime": "075626.500000", "SliceLocation": -37.922185931796, "SliceThickness": 2.0, "SmallestImagePixelValue": 0, "SoftwareVersions": "syngo MR D11", "SpacingBetweenSlices": 2.3999999810286, "SpecificCharacterSet": "ISO_IR 100", "StudyID": "1", "StudyTime": "073042.343000", "TransmitCoilName": "Body", "VariableFlipAngleFlag": "N", "WindowCenterWidthExplanation": "Algo1", "dBdt": 0.0}, "slices": {}}, "time": {"samples": {"AcquisitionNumber": [1, 2, 3, 4, 5, 6, 7, 8, 9, 10, 11, 12, 13, 14, 15, 16, 17, 18, 19, 20, 21, 22, 23, 24, 25, 26, 27, 28, 29, 30, 31, 32, 33, 34, 35, 36, 37, 38, 39, 40, 41, 42, 43, 44, 45, 46, 47, 48, 49, 50, 51, 52, 53, 54, 55, 56, 57, 58, 59, 60, 61, 62, 63, 64, 65, 66, 67, 68, 69, 70, 71, 72, 73, 74, 75, 76, 77, 78, 79, 80, 81, 82, 83, 84, 85, 86, 87, 88, 89, 90, 91, 92, 93, 94, 95, 96, 97, 98, 99, 100, 101, 102, 103, 104, 105, 106, 107, 108, 109, 110, 111, 112, 113, 114, 115, 116, 117, 118, 119, 120, 121, 122, 123, 124, 125, 126, 127, 128, 129, 130, 131, 132, 133, 134, 135, 136, 137, 138, 139, 140, 141, 142, 143, 144, 145, 146, 147, 148, 149, 150, 151, 152, 153, 154, 155, 156, 157, 158, 159, 160, 161, 162, 163, 164, 165, 166, 167, 168, 169, 170, 171, 172, 173, 174, 175, 176, 177, 178, 179, 180, 181, 182, 183, 184, 185, 186, 187, 188, 189, 190, 191, 192, 193, 194, 195, 196, 197, 198, 199, 200, 201, 202, 203, 204, 205, 206, 207, 208, 209, 210, 211, 212, 213, 214, 215, 216, 217, 218, 219, 220, 221, 222, 223, 224, 225, 226, 227, 228, 229, 230, 231, 232, 233, 234, 235, 236, 237, 238, 239, 240, 241, 242, 243, 244, 245, 246, 247, 248, 249, 250, 251, 252, 253, 254, 255, 256, 257, 258, 259, 260, 261, 262, 263, 264, 265, 266, 267, 268, 269, 270, 271, 272, 273, 274, 275, 276, 277, 278, 279, 280, 281, 282, 283, 284, 285, 286, 287, 288, 289, 290, 291, 292, 293, 294, 295, 296, 297, 298, 299, 300, 301, 302, 303, 304, 305, 306, 307, 308, 309, 310, 311, 312, 313, 314, 315, 316, 317, 318, 319, 320, 321, 322, 323, 324, 325, 326, 327, 328, 329, 330, 331, 332, 333, 334, 335, 336, 337, 338, 339, 340, 341, 342, 343, 344, 345, 346, 347, 348, 349, 350, 351, 352, 353, 354, 355, 356, 357, 358, 359, 360, 361, 362, 363, 364, 365, 366, 367, 368, 369, 370, 371, 372, 373, 374, 375, 376, 377, 378, 379, 380], "AcquisitionTime": ["075547.905000", "075616.902500", "075618.062500", "075619.222500", "075620.382500", "075621.542500", "075622.702500", "075623.862500", "075625.022500", "075626.182500", "075627.342500", "075628.502500", "075629.662500", "075630.822500", "075631.982500", "075633.142500", "075634.302500", "075635.465000", "075636.625000", "075637.785000", "075638.945000", "075640.105000", "075641.265000", "075642.425000", "075643.585000", "075644.745000", "075645.905000", "075647.065000", "075648.225000", "075649.385000", "075650.545000", "075651.705000", "075652.865000", "075654.025000", "075655.185000", "075656.345000", "075657.505000", "075658.665000", "075659.825000", "075700.985000", "075702.145000", "075703.305000", "075704.465000", "075705.625000", "075706.785000", "075707.945000", "075709.105000", "075710.265000", "075711.425000", "075712.585000", "075713.745000", "075714.905000", "075716.065000", "075717.225000", "075718.385000", "075719.545000", "075720.705000", "075721.865000", "075723.025000", "075724.185000", "075725.345000", "075726.505000", "075727.665000", "075728.825000", "075729.985000", "075731.145000", "075732.305000", "075733.465000", "075734.625000", "075735.785000", "075736.945000", "075738.105000", "075739.265000", "075740.425000", "075741.585000", "075742.745000", "075743.905000", "075745.065000", "075746.225000", "075747.385000", "075748.545000", "075749.705000", "075750.865000", "075752.025000", "075753.185000", "075754.345000", "075755.505000", "075756.665000", "075757.825000", "075758.985000", "075800.145000", "075801.305000", "075802.465000", "075803.625000", "075804.785000", "075805.945000", "075807.105000", "075808.265000", "075809.425000", "075810.585000", "075811.745000", "075812.905000", "075814.065000", "075815.225000", "075816.385000", "075817.545000", "075818.705000", "075819.865000", "075821.025000", "075822.185000", "075823.345000", "075824.505000", "075825.665000", "075826.825000", "075827.985000", "075829.145000", "075830.305000", "075831.465000", "075832.625000", "075833.785000", "075834.945000", "075836.105000", "075837.265000", "075838.425000", "075839.585000", "075840.745000", "075841.905000", "075843.065000", "075844.225000", "075845.385000", "075846.545000", "075847.705000", "075848.865000", "075850.025000", "075851.185000", "075852.345000", "075853.505000", "075854.665000", "075855.825000", "075856.985000", "075858.145000", "075859.305000", "075900.465000", "075901.625000", "075902.785000", "075903.945000", "075905.105000", "075906.265000", "075907.425000", "075908.585000", "075909.745000", "075910.905000", "075912.065000", "075913.225000", "075914.385000", "075915.545000", "075916.705000", "075917.865000", "075919.025000", "075920.185000", "075921.345000", "075922.505000", "075923.665000", "075924.825000", "075925.985000", "075927.145000", "075928.305000", "075929.465000", "075930.625000", "075931.785000", "075932.945000", "075934.105000", "075935.265000", "075936.425000", "075937.585000", "075938.745000", "075939.905000", "075941.065000", "075942.225000", "075943.385000", "075944.545000", "075945.705000", "075946.865000", "075948.025000", "075949.185000", "075950.345000", "075951.505000", "075952.665000", "075953.825000", "075954.985000", "075956.145000", "075957.305000", "075958.465000", "075959.625000", "080000.785000", "080001.945000", "080003.105000", "080004.265000", "080005.425000", "080006.585000", "080007.745000", "080008.905000", "080010.065000", "080011.225000", "080012.385000", "080013.545000", "080014.705000", "080015.865000", "080017.025000", "080018.185000", "080019.345000", "080020.505000", "080021.665000", "080022.825000", "080023.985000", "080025.145000", "080026.305000", "080027.465000", "080028.625000", "080029.785000", "080030.945000", "080032.105000", "080033.265000", "080034.425000", "080035.585000", "080036.745000", "080037.905000", "080039.065000", "080040.225000", "080041.385000", "080042.545000", "080043.705000", "080044.865000", "080046.025000", "080047.185000", "080048.345000", "080049.505000", "080050.665000", "080051.825000", "080052.985000", "080054.145000", "080055.305000", "080056.465000", "080057.625000", "080058.785000", "080059.945000", "080101.105000", "080102.265000", "080103.425000", "080104.585000", "080105.745000", "080106.905000", "080108.065000", "080109.225000", "080110.385000", "080111.545000", "080112.705000", "080113.865000", "080115.025000", "080116.185000", "080117.345000", "080118.505000", "080119.665000", "080120.825000", "080121.985000", "080123.145000", "080124.305000", "080125.467500", "080126.627500", "080127.787500", "080128.947500", "080130.107500", "080131.267500", "080132.427500", "080133.587500", "080134.747500", "080135.907500", "080137.067500", "080138.227500", "080139.387500", "080140.547500", "080141.707500", "080142.867500", "080144.027500", "080145.187500", "080146.347500", "080147.507500", "080148.667500", "080149.827500", "080150.987500", "080152.147500", "080153.307500", "080154.467500", "080155.627500", "080156.787500", "080157.947500", "080159.107500", "080200.267500", "080201.427500", "080202.587500", "080203.747500", "080204.907500", "080206.067500", "080207.227500", "080208.387500", "080209.547500", "080210.707500", "080211.867500", "080213.027500", "080214.187500", "080215.347500", "080216.507500", "080217.667500", "080218.827500", "080219.987500", "080221.147500", "080222.307500", "080223.467500", "080224.627500", "080225.787500", "080226.947500", "080228.107500", "080229.267500", "080230.427500", "080231.587500", "080232.747500", "080233.907500", "080235.067500", "080236.227500", "080237.387500", "080238.547500", "080239.707500", "080240.867500", "080242.027500", "080243.187500", "080244.347500", "080245.507500", "080246.667500", "080247.827500", "080248.987500", "080250.147500", "080251.307500", "080252.467500", "080253.627500", "080254.787500", "080255.947500", "080257.107500", "080258.267500", "080259.427500", "080300.587500", "080301.747500", "080302.907500", "080304.067500", "080305.227500", "080306.387500", "080307.547500", "080308.707500", "080309.867500", "080311.027500", "080312.187500", "080313.347500", "080314.507500", "080315.667500", "080316.827500", "080317.987500", "080319.147500", "080320.307500", "080321.467500", "080322.627500", "080323.787500", "080324.947500", "080326.107500", "080327.267500", "080328.427500", "080329.587500", "080330.747500", "080331.907500", "080333.067500", "080334.227500", "080335.387500"], "ContentTime": ["075626.500000", "075633.062000", "075633.078000", "075633.078000", "075633.078000", "075633.078000", "075638.062000", "075638.078000", "075638.078000", "075638.078000", "075643.062000", "075643.078000", "075643.078000", "075648.062000", "075648.078000", "075648.078000", "075648.078000", "075653.062000", "075653.078000", "075653.078000", "075653.078000", "075658.062000", "075658.078000", "075658.078000", "075703.062000", "075703.078000", "075703.078000", "075703.078000", "075708.062000", "075708.078000", "075708.078000", "075708.078000", "075713.062000", "075713.078000", "075713.078000", "075718.062000", "075718.078000", "075718.078000", "075718.078000", "075723.062000", "075723.078000", "075723.078000", "075723.078000", "075728.062000", "075728.078000", "075728.078000", "075733.062000", "075733.078000", "075733.078000", "075733.078000", "075738.062000", "075738.093000", "075738.109000", "075738.109000", "075743.062000", "075743.078000", "075743.078000", "075743.078000", "075748.062000", "075748.078000", "075748.093000", "075748.093000", "075753.062000", "075753.078000", "075753.078000", "075758.062000", "075758.078000", "075758.078000", "075758.078000", "075803.062000", "075803.078000", "075803.078000", "075803.078000", "075808.062000", "075808.078000", "075808.078000", "075813.062000", "075813.078000", "075813.078000", "075813.078000", "075818.062000", "075818.078000", "075818.078000", "075818.078000", "075823.062000", "075823.078000", "075823.078000", "075828.062000", "075828.078000", "075828.078000", "075828.093000", "075833.062000", "075833.078000", "075833.078000", "075838.062000", "075838.156000", "075838.156000", "075838.156000", "075843.062000", "075843.078000", "075843.078000", "075848.062000", "075848.078000", "075848.078000", "075848.093000", "075853.062000", "075853.078000", "075853.078000", "075853.078000", "075858.062000", "075858.078000", "075858.078000", "075903.062000", "075903.078000", "075903.078000", "075903.078000", "075908.062000", "075908.078000", "075908.078000", "075908.078000", "075913.062000", "075913.078000", "075913.078000", "075913.093000", "075918.062000", "075918.078000", "075918.093000", "075923.062000", "075923.078000", "075923.078000", "075923.078000", "075928.062000", "075928.078000", "075928.078000", "075928.078000", "075933.062000", "075933.078000", "075933.078000", "075938.062000", "075938.078000", "075938.078000", "075938.078000", "075943.062000", "075943.093000", "075943.109000", "075948.062000", "075948.078000", "075948.078000", "075948.078000", "075953.062000", "075953.078000", "075953.078000", "075958.062000", "075958.078000", "075958.078000", "075958.078000", "080003.062000", "080003.078000", "080003.078000", "080003.078000", "080008.062000", "080008.078000", "080008.078000", "080013.062000", "080013.078000", "080013.078000", "080013.078000", "080018.062000", "080018.078000", "080018.078000", "080023.062000", "080023.078000", "080023.078000", "080023.078000", "080028.062000", "080028.078000", "080028.078000", "080028.093000", "080033.062000", "080033.125000", "080033.125000", "080038.062000", "080038.078000", "080038.078000", "080038.078000", "080043.062000", "080043.078000", "080043.078000", "080043.078000", "080048.062000", "080048.078000", "080048.078000", "080048.078000", "080053.062000", "080053.078000", "080053.078000", "080053.078000", "080058.062000", "080058.078000", "080058.078000", "080103.062000", "080103.078000", "080103.078000", "080103.078000", "080108.062000", "080108.078000", "080108.078000", "080113.062000", "080113.078000", "080113.078000", "080113.078000", "080118.062000", "080118.078000", "080118.078000", "080118.078000", "080123.062000", "080123.078000", "080123.078000", "080123.078000", "080128.062000", "080128.078000", "080128.078000", "080133.062000", "080133.078000", "080133.078000", "080133.078000", "080138.062000", "080138.078000", "080138.078000", "080138.078000", "080143.062000", "080143.078000", "080143.078000", "080143.078000", "080148.062000", "080148.078000", "080148.078000", "080153.062000", "080153.109000", "080153.109000", "080153.125000", "080158.062000", "080158.078000", "080158.078000", "080203.062000", "080203.078000", "080203.078000", "080203.078000", "080208.062000", "080208.078000", "080208.078000", "080208.078000", "080213.062000", "080213.078000", "080213.078000", "080218.062000", "080218.078000", "080218.078000", "080218.078000", "080223.062000", "080223.078000", "080223.078000", "080223.078000", "080228.062000", "080228.078000", "080228.078000", "080233.062000", "080233.078000", "080233.078000", "080233.078000", "080238.062000", "080238.078000", "080238.078000", "080238.078000", "080243.062000", "080243.078000", "080243.078000", "080248.062000", "080248.078000", "080248.078000", "080248.078000", "080253.062000", "080253.078000", "080253.078000", "080258.062000", "080258.078000", "080258.078000", "080258.078000", "080303.078000", "080303.078000", "080303.078000", "080303.078000", "080308.062000", "080308.078000", "080308.078000", "080313.062000", "080313.078000", "080313.078000", "080313.078000", "080318.062000", "080318.078000", "080318.078000", "080318.078000", "080323.062000", "080323.078000", "080323.078000", "080328.062000", "080328.078000", "080328.078000", "080328.078000", "080333.062000", "080333.078000", "080333.078000", "080338.062000", "080338.078000", "080338.078000", "080338.078000", "080343.062000", "080343.078000", "080343.078000", "080348.078000", "080348.078000", "080348.093000", "080348.093000", "080348.093000", "080353.062000", "080353.078000", "080353.078000", "080358.062000", "080358.078000", "080358.078000", "080358.078000", "080403.062000", "080403.078000", "080403.078000", "080403.078000", "080408.062000", "080408.078000", "080408.078000", "080408.078000", "080413.062000", "080413.078000", "080413.078000", "080413.078000", "080418.062000", "080418.078000", "080418.078000", "080423.062000", "080423.078000", "080423.078000", "080423.078000", "080428.062000", "080428.078000", "080428.078000", "080428.078000", "080433.062000", "080433.078000", "080433.078000", "080433.078000", "080438.062000", "080438.078000", "080438.078000", "080438.078000", "080443.062000", "080443.078000", "080443.078000", "080443.078000", "080448.062000", "080448.078000", "080448.078000", "080453.078000", "080453.078000", "080453.078000", "080453.078000", "080458.062000", "080458.078000", "080458.078000", "080458.078000", "080459.937000", "080459.937000"], "InstanceCreationTime": ["075626.500000", "075633.062000", "075633.078000", "075633.078000", "075633.078000", "075633.078000", "075638.062000", "075638.078000", "075638.078000", "075638.078000", "075643.062000", "075643.078000", "075643.078000", "075648.062000", "075648.078000", "075648.078000", "075648.078000", "075653.062000", "075653.078000", "075653.078000", "075653.078000", "075658.062000", "075658.078000", "075658.078000", "075703.062000", "075703.078000", "075703.078000", "075703.078000", "075708.062000", "075708.078000", "075708.078000", "075708.078000", "075713.062000", "075713.078000", "075713.078000", "075718.062000", "075718.078000", "075718.078000", "075718.078000", "075723.062000", "075723.078000", "075723.078000", "075723.078000", "075728.062000", "075728.078000", "075728.078000", "075733.062000", "075733.078000", "075733.078000", "075733.078000", "075738.062000", "075738.093000", "075738.109000", "075738.109000", "075743.062000", "075743.078000", "075743.078000", "075743.078000", "075748.062000", "075748.078000", "075748.093000", "075748.093000", "075753.062000", "075753.078000", "075753.078000", "075758.062000", "075758.078000", "075758.078000", "075758.078000", "075803.062000", "075803.078000", "075803.078000", "075803.078000", "075808.062000", "075808.078000", "075808.078000", "075813.062000", "075813.078000", "075813.078000", "075813.078000", "075818.062000", "075818.078000", "075818.078000", "075818.078000", "075823.062000", "075823.078000", "075823.078000", "075828.062000", "075828.078000", "075828.078000", "075828.093000", "075833.062000", "075833.078000", "075833.078000", "075838.062000", "075838.156000", "075838.156000", "075838.156000", "075843.062000", "075843.078000", "075843.078000", "075848.062000", "075848.078000", "075848.078000", "075848.093000", "075853.062000", "075853.078000", "075853.078000", "075853.078000", "075858.062000", "075858.078000", "075858.078000", "075903.062000", "075903.078000", "075903.078000", "075903.078000", "075908.062000", "075908.078000", "075908.078000", "075908.078000", "075913.062000", "075913.078000", "075913.078000", "075913.093000", "075918.062000", "075918.078000", "075918.093000", "075923.062000", "075923.078000", "075923.078000", "075923.078000", "075928.062000", "075928.078000", "075928.078000", "075928.078000", "075933.062000", "075933.078000", "075933.078000", "075938.062000", "075938.078000", "075938.078000", "075938.078000", "075943.062000", "075943.093000", "075943.109000", "075948.062000", "075948.078000", "075948.078000", "075948.078000", "075953.062000", "075953.078000", "075953.078000", "075958.062000", "075958.078000", "075958.078000", "075958.078000", "080003.062000", "080003.078000", "080003.078000", "080003.078000", "080008.062000", "080008.078000", "080008.078000", "080013.062000", "080013.078000", "080013.078000", "080013.078000", "080018.062000", "080018.078000", "080018.078000", "080023.062000", "080023.078000", "080023.078000", "080023.078000", "080028.062000", "080028.078000", "080028.078000", "080028.093000", "080033.062000", "080033.125000", "080033.125000", "080038.062000", "080038.078000", "080038.078000", "080038.078000", "080043.062000", "080043.078000", "080043.078000", "080043.078000", "080048.062000", "080048.078000", "080048.078000", "080048.078000", "080053.062000", "080053.078000", "080053.078000", "080053.078000", "080058.062000", "080058.078000", "080058.078000", "080103.062000", "080103.078000", "080103.078000", "080103.078000", "080108.062000", "080108.078000", "080108.078000", "080113.062000", "080113.078000", "080113.078000", "080113.078000", "080118.062000", "080118.078000", "080118.078000", "080118.078000", "080123.062000", "080123.078000", "080123.078000", "080123.078000", "080128.062000", "080128.078000", "080128.078000", "080133.062000", "080133.078000", "080133.078000", "080133.078000", "080138.062000", "080138.078000", "080138.078000", "080138.078000", "080143.062000", "080143.078000", "080143.078000", "080143.078000", "080148.062000", "080148.078000", "080148.078000", "080153.062000", "080153.109000", "080153.109000", "080153.125000", "080158.062000", "080158.078000", "080158.078000", "080203.062000", "080203.078000", "080203.078000", "080203.078000", "080208.062000", "080208.078000", "080208.078000", "080208.078000", "080213.062000", "080213.078000", "080213.078000", "080218.062000", "080218.078000", "080218.078000", "080218.078000", "080223.062000", "080223.078000", "080223.078000", "080223.078000", "080228.062000", "080228.078000", "080228.078000", "080233.062000", "080233.078000", "080233.078000", "080233.078000", "080238.062000", "080238.078000", "080238.078000", "080238.078000", "080243.062000", "080243.078000", "080243.078000", "080248.062000", "080248.078000", "080248.078000", "080248.078000", "080253.062000", "080253.078000", "080253.078000", "080258.062000", "080258.078000", "080258.078000", "080258.078000", "080303.078000", "080303.078000", "080303.078000", "080303.078000", "080308.062000", "080308.078000", "080308.078000", "080313.062000", "080313.078000", "080313.078000", "080313.078000", "080318.062000", "080318.078000", "080318.078000", "080318.078000", "080323.062000", "080323.078000", "080323.078000", "080328.062000", "080328.078000", "080328.078000", "080328.078000", "080333.062000", "080333.078000", "080333.078000", "080338.062000", "080338.078000", "080338.078000", "080338.078000", "080343.062000", "080343.078000", "080343.078000", "080348.078000", "080348.078000", "080348.093000", "080348.093000", "080348.093000", "080353.062000", "080353.078000", "080353.078000", "080358.062000", "080358.078000", "080358.078000", "080358.078000", "080403.062000", "080403.078000", "080403.078000", "080403.078000", "080408.062000", "080408.078000", "080408.078000", "080408.078000", "080413.062000", "080413.078000", "080413.078000", "080413.078000", "080418.062000", "080418.078000", "080418.078000", "080423.062000", "080423.078000", "080423.078000", "080423.078000", "080428.062000", "080428.078000", "080428.078000", "080428.078000", "080433.062000", "080433.078000", "080433.078000", "080433.078000", "080438.062000", "080438.078000", "080438.078000", "080438.078000", "080443.062000", "080443.078000", "080443.078000", "080443.078000", "080448.062000", "080448.078000", "080448.078000", "080453.078000", "080453.078000", "080453.078000", "080453.078000", "080458.062000", "080458.078000", "080458.078000", "080458.078000", "080459.937000", "080459.937000"], "InstanceNumber": [1, 2, 3, 4, 5, 6, 7, 8, 9, 10, 11, 12, 13, 14, 15, 16, 17, 18, 19, 20, 21, 22, 23, 24, 25, 26, 27, 28, 29, 30, 31, 32, 33, 34, 35, 36, 37, 38, 39, 40, 41, 42, 43, 44, 45, 46, 47, 48, 49, 50, 51, 52, 53, 54, 55, 56, 57, 58, 59, 60, 61, 62, 63, 64, 65, 66, 67, 68, 69, 70, 71, 72, 73, 74, 75, 76, 77, 78, 79, 80, 81, 82, 83, 84, 85, 86, 87, 88, 89, 90, 91, 92, 93, 94, 95, 96, 97, 98, 99, 100, 101, 102, 103, 104, 105, 106, 107, 108, 109, 110, 111, 112, 113, 114, 115, 116, 117, 118, 119, 120, 121, 122, 123, 124, 125, 126, 127, 128, 129, 130, 131, 132, 133, 134, 135, 136, 137, 138, 139, 140, 141, 142, 143, 144, 145, 146, 147, 148, 149, 150, 151, 152, 153, 154, 155, 156, 157, 158, 159, 160, 161, 162, 163, 164, 165, 166, 167, 168, 169, 170, 171, 172, 173, 174, 175, 176, 177, 178, 179, 180, 181, 182, 183, 184, 185, 186, 187, 188, 189, 190, 191, 192, 193, 194, 195, 196, 197, 198, 199, 200, 201, 202, 203, 204, 205, 206, 207, 208, 209, 210, 211, 212, 213, 214, 215, 216, 217, 218, 219, 220, 221, 222, 223, 224, 225, 226, 227, 228, 229, 230, 231, 232, 233, 234, 235, 236, 237, 238, 239, 240, 241, 242, 243, 244, 245, 246, 247, 248, 249, 250, 251, 252, 253, 254, 255, 256, 257, 258, 259, 260, 261, 262, 263, 264, 265, 266, 267, 268, 269, 270, 271, 272, 273, 274, 275, 276, 277, 278, 279, 280, 281, 282, 283, 284, 285, 286, 287, 288, 289, 290, 291, 292, 293, 294, 295, 296, 297, 298, 299, 300, 301, 302, 303, 304, 305, 306, 307, 308, 309, 310, 311, 312, 313, 314, 315, 316, 317, 318, 319, 320, 321, 322, 323, 324, 325, 326, 327, 328, 329, 330, 331, 332, 333, 334, 335, 336, 337, 338, 339, 340, 341, 342, 343, 344, 345, 346, 347, 348, 349, 350, 351, 352, 353, 354, 355, 356, 357, 358, 359, 360, 361, 362, 363, 364, 365, 366, 367, 368, 369, 370, 371, 372, 373, 374, 375, 376, 377, 378, 379, 380], "LargestImagePixelValue": [29732, 29426, 28778, 28606, 28572, 28688, 28621, 28538, 28472, 28611, 28505, 28311, 28606, 28609, 28775, 28472, 28416, 28447, 28476, 28390, 28734, 28505, 28548, 28551, 28424, 28423, 28473, 28742, 28361, 28233, 28473, 28541, 28393, 28242, 28437, 28318, 28453, 28411, 28809, 28270, 28461, 28394, 28469, 28458, 28414, 28312, 28371, 28403, 28511, 28660, 28518, 28292, 28270, 28426, 28213, 28603, 28418, 28347, 28451, 28400, 28678, 28452, 28386, 28222, 28237, 28470, 28473, 28326, 28267, 28365, 28272, 28269, 28448, 28397, 28325, 28245, 28239, 28198, 28775, 28347, 28393, 28229, 28332, 28263, 28483, 28428, 28299, 28249, 28357, 28428, 28236, 28230, 28270, 28164, 28114, 28299, 28441, 28463, 28456, 28432, 28502, 28326, 28514, 28279, 28326, 28325, 28319, 28288, 28445, 28389, 28289, 28092, 28270, 28582, 28350, 28314, 28320, 28371, 28295, 28145, 28325, 28302, 28502, 28417, 28259, 28220, 28097, 28349, 28297, 28274, 28421, 28384, 28241, 28381, 28383, 28286, 28513, 28342, 28312, 28306, 28293, 28192, 28197, 28223, 28460, 28286, 28236, 28364, 28266, 28505, 28191, 28463, 28253, 28444, 28302, 28103, 28285, 28257, 28245, 28194, 28165, 28148, 28294, 28018, 28257, 28121, 28133, 28590, 28096, 28357, 28371, 28111, 28196, 28210, 28173, 28270, 28121, 28152, 28206, 28134, 28349, 28187, 28304, 28090, 28234, 28026, 28192, 28196, 28244, 28261, 28210, 28109, 28222, 28149, 28184, 28160, 28054, 28434, 28122, 28182, 28113, 28158, 28162, 28282, 28122, 28154, 28126, 28146, 28023, 28253, 28213, 28055, 28171, 28307, 28124, 28070, 28177, 28195, 28126, 28137, 28292, 28172, 28235, 28477, 28321, 28020, 28076, 28030, 28086, 28226, 28618, 28222, 28343, 28014, 28188, 28118, 28317, 28219, 28095, 27982, 28089, 28231, 28155, 28353, 28154, 28076, 28040, 28189, 28194, 28099, 28280, 28052, 28120, 28413, 28138, 28113, 28153, 28175, 28215, 28152, 28166, 28138, 28239, 28149, 28159, 28171, 28259, 28053, 28089, 28195, 28065, 28160, 28192, 28272, 28085, 28276, 28136, 28114, 28050, 27955, 27920, 28121, 28263, 28041, 28046, 28206, 28046, 28010, 28134, 28107, 28043, 28134, 28152, 28170, 28136, 28270, 27998, 28180, 28197, 28251, 27962, 28221, 28180, 27902, 28355, 27921, 27937, 28064, 28109, 28358, 28020, 28201, 28079, 28117, 27898, 27988, 28014, 28032, 28213, 28032, 28006, 27826, 27939, 27936, 27928, 28068, 28076, 28080, 28052, 28112, 27796, 27985, 27860, 27874, 27827, 27764, 27971, 28124, 27937, 27888, 27912, 27941, 27844, 27789, 28021, 28027, 27754, 27891, 27642, 27891, 27750, 27873, 27968, 27955, 27887, 27880, 27958, 28013, 27949, 27753, 27932, 27804, 27782, 27785, 28019, 27769, 27685, 27902, 27850, 27802, 27756, 27796, 27575, 28049, 27801, 27669, 27762, 27623, 27607, 27951], "WindowCenter": [9782.0, 9776.0, 9765.0, 9763.0, 9762.0, 9748.0, 9758.0, 9760.0, 9760.0, 9754.0, 9759.0, 9753.0, 9748.0, 9746.0, 9763.0, 9738.0, 9757.0, 9752.0, 9756.0, 9747.0, 9750.0, 9756.0, 9764.0, 9760.0, 9758.0, 9766.0, 9752.0, 9755.0, 9750.0, 9740.0, 9764.0, 9752.0, 9754.0, 9746.0, 9761.0, 9754.0, 9728.0, 9752.0, 9760.0, 9761.0, 9773.0, 9765.0, 9769.0, 9764.0, 9761.0, 9771.0, 9767.0, 9766.0, 9745.0, 9759.0, 9768.0, 9759.0, 9743.0, 9758.0, 9753.0, 9764.0, 9762.0, 9752.0, 9747.0, 9743.0, 9752.0, 9756.0, 9763.0, 9775.0, 9772.0, 9756.0, 9772.0, 9755.0, 9761.0, 9743.0, 9742.0, 9746.0, 9737.0, 9746.0, 9761.0, 9745.0, 9749.0, 9748.0, 9771.0, 9736.0, 9753.0, 9756.0, 9761.0, 9747.0, 9755.0, 9750.0, 9745.0, 9747.0, 9751.0, 9746.0, 9752.0, 9763.0, 9761.0, 9758.0, 9757.0, 9761.0, 9760.0, 9756.0, 9758.0, 9766.0, 9766.0, 9774.0, 9764.0, 9755.0, 9755.0, 9751.0, 9752.0, 9760.0, 9746.0, 9751.0, 9743.0, 9758.0, 9760.0, 9756.0, 9758.0, 9755.0, 9741.0, 9768.0, 9760.0, 9762.0, 9764.0, 9768.0, 9759.0, 9752.0, 9742.0, 9738.0, 9737.0, 9737.0, 9744.0, 9756.0, 9754.0, 9761.0, 9759.0, 9758.0, 9758.0, 9745.0, 9766.0, 9762.0, 9749.0, 9768.0, 9750.0, 9746.0, 9732.0, 9737.0, 9750.0, 9751.0, 9754.0, 9762.0, 9743.0, 9748.0, 9743.0, 9755.0, 9737.0, 9737.0, 9732.0, 9729.0, 9732.0, 9747.0, 9735.0, 9736.0, 9758.0, 9744.0, 9728.0, 9743.0, 9734.0, 9741.0, 9743.0, 9744.0, 9743.0, 9732.0, 9740.0, 9738.0, 9726.0, 9752.0, 9757.0, 9751.0, 9746.0, 9756.0, 9747.0, 9745.0, 9741.0, 9735.0, 9744.0, 9745.0, 9738.0, 9758.0, 9760.0, 9748.0, 9750.0, 9746.0, 9751.0, 9759.0, 9753.0, 9758.0, 9742.0, 9738.0, 9753.0, 9745.0, 9754.0, 9747.0, 9751.0, 9752.0, 9746.0, 9744.0, 9749.0, 9733.0, 9749.0, 9758.0, 9741.0, 9748.0, 9755.0, 9753.0, 9763.0, 9740.0, 9730.0, 9737.0, 9745.0, 9735.0, 9742.0, 9731.0, 9730.0, 9722.0, 9737.0, 9742.0, 9728.0, 9737.0, 9742.0, 9746.0, 9730.0, 9744.0, 9763.0, 9761.0, 9746.0, 9733.0, 9746.0, 9742.0, 9749.0, 9736.0, 9749.0, 9727.0, 9740.0, 9731.0, 9743.0, 9742.0, 9738.0, 9752.0, 9716.0, 9751.0, 9755.0, 9755.0, 9753.0, 9754.0, 9736.0, 9742.0, 9736.0, 9732.0, 9748.0, 9765.0, 9750.0, 9759.0, 9756.0, 9745.0, 9739.0, 9725.0, 9745.0, 9747.0, 9746.0, 9738.0, 9748.0, 9744.0, 9748.0, 9738.0, 9749.0, 9732.0, 9743.0, 9746.0, 9750.0, 9723.0, 9747.0, 9730.0, 9747.0, 9739.0, 9725.0, 9724.0, 9715.0, 9748.0, 9736.0, 9742.0, 9742.0, 9740.0, 9742.0, 9730.0, 9727.0, 9735.0, 9748.0, 9749.0, 9746.0, 9756.0, 9745.0, 9735.0, 9723.0, 9730.0, 9731.0, 9740.0, 9757.0, 9751.0, 9754.0, 9747.0, 9738.0, 9754.0, 9749.0, 9736.0, 9745.0, 9738.0, 9725.0, 9729.0, 9745.0, 9733.0, 9742.0, 9732.0, 9733.0, 9743.0, 9729.0, 9743.0, 9749.0, 9758.0, 9732.0, 9743.0, 9742.0, 9737.0, 9734.0, 9732.0, 9717.0, 9739.0, 9724.0, 9738.0, 9738.0, 9725.0, 9735.0, 9742.0, 9753.0, 9733.0, 9737.0, 9739.0, 9732.0, 9736.0, 9746.0, 9738.0, 9740.0, 9752.0, 9735.0, 9754.0, 9751.0, 9743.0, 9746.0, 9744.0, 9744.0, 9737.0, 9736.0, 9752.0, 9765.0, 9746.0, 9749.0, 9754.0, 9751.0, 9748.0, 9735.0, 9739.0, 9727.0, 9740.0, 9745.0, 9736.0, 9730.0, 9742.0, 9742.0, 9743.0, 9735.0, 9743.0, 9729.0, 9729.0], "WindowWidth": [20676.0, 20655.0, 20631.0, 20628.0, 20624.0, 20595.0, 20614.0, 20615.0, 20618.0, 20611.0, 20616.0, 20605.0, 20598.0, 20594.0, 20625.0, 20574.0, 20611.0, 20604.0, 20611.0, 20591.0, 20600.0, 20611.0, 20626.0, 20621.0, 20613.0, 20626.0, 20602.0, 20609.0, 20601.0, 20584.0, 20627.0, 20603.0, 20606.0, 20592.0, 20619.0, 20606.0, 20557.0, 20605.0, 20618.0, 20620.0, 20648.0, 20634.0, 20638.0, 20630.0, 20622.0, 20640.0, 20634.0, 20629.0, 20595.0, 20620.0, 20637.0, 20620.0, 20592.0, 20618.0, 20605.0, 20627.0, 20622.0, 20602.0, 20592.0, 20587.0, 20606.0, 20614.0, 20629.0, 20653.0, 20646.0, 20615.0, 20645.0, 20612.0, 20617.0, 20585.0, 20583.0, 20588.0, 20573.0, 20587.0, 20618.0, 20592.0, 20597.0, 20595.0, 20638.0, 20574.0, 20606.0, 20612.0, 20617.0, 20593.0, 20606.0, 20598.0, 20589.0, 20592.0, 20601.0, 20592.0, 20604.0, 20627.0, 20625.0, 20616.0, 20614.0, 20618.0, 20618.0, 20613.0, 20617.0, 20634.0, 20634.0, 20647.0, 20628.0, 20610.0, 20608.0, 20598.0, 20599.0, 20614.0, 20589.0, 20597.0, 20585.0, 20616.0, 20619.0, 20614.0, 20616.0, 20608.0, 20587.0, 20636.0, 20620.0, 20624.0, 20628.0, 20634.0, 20618.0, 20600.0, 20578.0, 20572.0, 20570.0, 20567.0, 20582.0, 20609.0, 20611.0, 20622.0, 20619.0, 20616.0, 20612.0, 20589.0, 20630.0, 20622.0, 20597.0, 20630.0, 20595.0, 20586.0, 20563.0, 20570.0, 20595.0, 20596.0, 20603.0, 20618.0, 20581.0, 20590.0, 20586.0, 20604.0, 20571.0, 20571.0, 20559.0, 20551.0, 20557.0, 20589.0, 20569.0, 20568.0, 20609.0, 20585.0, 20554.0, 20578.0, 20562.0, 20578.0, 20583.0, 20582.0, 20580.0, 20559.0, 20573.0, 20570.0, 20552.0, 20601.0, 20612.0, 20603.0, 20590.0, 20607.0, 20590.0, 20585.0, 20576.0, 20566.0, 20584.0, 20588.0, 20574.0, 20612.0, 20618.0, 20594.0, 20595.0, 20589.0, 20602.0, 20616.0, 20607.0, 20614.0, 20582.0, 20573.0, 20601.0, 20588.0, 20603.0, 20592.0, 20598.0, 20599.0, 20586.0, 20583.0, 20594.0, 20565.0, 20595.0, 20612.0, 20581.0, 20596.0, 20609.0, 20608.0, 20624.0, 20577.0, 20555.0, 20569.0, 20585.0, 20563.0, 20576.0, 20555.0, 20553.0, 20536.0, 20566.0, 20580.0, 20553.0, 20569.0, 20578.0, 20584.0, 20558.0, 20589.0, 20624.0, 20619.0, 20588.0, 20562.0, 20586.0, 20580.0, 20592.0, 20567.0, 20590.0, 20549.0, 20573.0, 20557.0, 20579.0, 20578.0, 20573.0, 20595.0, 20530.0, 20595.0, 20605.0, 20607.0, 20606.0, 20602.0, 20567.0, 20576.0, 20564.0, 20558.0, 20591.0, 20626.0, 20597.0, 20612.0, 20608.0, 20582.0, 20570.0, 20547.0, 20583.0, 20588.0, 20587.0, 20570.0, 20586.0, 20580.0, 20586.0, 20570.0, 20590.0, 20557.0, 20580.0, 20588.0, 20594.0, 20544.0, 20591.0, 20556.0, 20583.0, 20566.0, 20543.0, 20539.0, 20526.0, 20587.0, 20563.0, 20577.0, 20578.0, 20574.0, 20576.0, 20549.0, 20542.0, 20556.0, 20583.0, 20590.0, 20588.0, 20604.0, 20580.0, 20561.0, 20538.0, 20548.0, 20555.0, 20573.0, 20608.0, 20601.0, 20603.0, 20587.0, 20572.0, 20602.0, 20590.0, 20565.0, 20579.0, 20563.0, 20540.0, 20551.0, 20583.0, 20559.0, 20576.0, 20555.0, 20559.0, 20578.0, 20556.0, 20585.0, 20595.0, 20609.0, 20561.0, 20579.0, 20575.0, 20567.0, 20561.0, 20558.0, 20530.0, 20568.0, 20541.0, 20565.0, 20568.0, 20548.0, 20563.0, 20579.0, 20596.0, 20559.0, 20565.0, 20572.0, 20560.0, 20566.0, 20583.0, 20570.0, 20572.0, 20597.0, 20565.0, 20603.0, 20597.0, 20582.0, 20587.0, 20581.0, 20582.0, 20568.0, 20567.0, 20599.0, 20624.0, 20595.0, 20597.0, 20605.0, 20595.0, 20589.0, 20563.0, 20567.0, 20546.0, 20570.0, 20581.0, 20563.0, 20555.0, 20575.0, 20575.0, 20578.0, 20565.0, 20577.0, 20555.0, 20556.0]}, "slices": {}}}