{"AcquisitionMatrixPE": 96, "AcquisitionNumber": 1, "AcquisitionTime": "07:42:45.105000", "BandwidthPerPixelPhaseEncode": 33.602, "BaseResolution": 96, "BodyPartExamined": "BRAIN", "ConsistencyInfo": "N4_VD11D_LATEST_20110129", "ConversionSoftware": "dcm2niix", "ConversionSoftwareVersion": "v1.0.20210317", "DerivedVendorReportedEchoSpacing": 0.000620003, "DeviceSerialNumber": "45239", "DwellTime": 2.6e-06, "EchoTime": 0.03, "EchoTrainLength": 48, "EffectiveEchoSpacing": 0.000310001, "FlipAngle": 63, "ImageComments": "Unaliased MB4/PE3", "ImageOrientationPatientDICOM": [0.999956, -0.00825264, 0.00444358, 0.00937291, 0.880439, -0.474067], "ImageType": ["ORIGINAL", "PRIMARY", "M", "ND", "NORM", "MOSAIC"], "ImagingFrequency": 123.193, "InPlanePhaseEncodingDirectionDICOM": "COL", "InstitutionAddress": "E 24th St. 100,Austin,Southmiddle,US,78712", "InstitutionName": "Univ of Texas at Austin", "InstitutionalDepartmentName": "IRC", "MRAcquisitionType": "2D", "MagneticFieldStrength": 3, "Manufacturer": "Siemens", "ManufacturersModelName": "Skyra", "Modality": "MR", "MultibandAccelerationFactor": 4, "ParallelReductionFactorInPlane": 2, "PartialFourier": 1, "PatientPosition": "HFS", "PercentPhaseFOV": 100, "PercentSampling": 100, "PhaseEncodingDirection": "j-", "PhaseEncodingSteps": 96, "PhaseResolution": 1, "PixelBandwidth": 2005, "ProcedureStepDescription": "Poldrack2^self-scanning", "ProtocolName": "Resting State fMRI MBEPI_matrix96_BW2004", "PulseSequenceDetails": "%CustomerSeq%\\cmrr_mbep2d_bold", "ReceiveCoilActiveElements": "HEA;HEP", "ReceiveCoilName": "Head_32", "ReconMatrixPE": 96, "RefLinesPE": 94, "RepetitionTime": 1.16, "SAR": 0.0957458, "ScanOptions": "FS", "ScanningSequence": "EP", "SequenceName": "epfid2d1_96", "SequenceVariant": "SK", "SeriesDescription": "Resting State fMRI MBEPI_matrix96_BW2004", "SeriesNumber": 6, "ShimSetting": [-2787, 8038, -15446, 180, -204, 138, 266, -58], "SliceThickness": 2, "SliceTiming": [0, 0.5, 0.9975, 0.3575, 0.855, 0.215, 0.7125, 0.0725, 0.57, 1.07, 0.4275, 0.9275, 0.285, 0.785, 0.1425, 0.6425, 0, 0.5, 0.9975, 0.3575, 0.855, 0.215, 0.7125, 0.0725, 0.57, 1.07, 0.4275, 0.9275, 0.285, 0.785, 0.1425, 0.6425, 0, 0.5, 0.9975, 0.3575, 0.855, 0.215, 0.7125, 0.0725, 0.57, 1.07, 0.4275, 0.9275, 0.285, 0.785, 0.1425, 0.6425, 0, 0.5, 0.9975, 0.3575, 0.855, 0.215, 0.7125, 0.0725, 0.57, 1.07, 0.4275, 0.9275, 0.285, 0.785, 0.1425, 0.6425], "SoftwareVersions": "syngo MR D11", "SpacingBetweenSlices": 2.4, "StationName": "AWP45239", "TaskName": "Resting fmri", "TotalReadoutTime": 0.0294501, "TxRefAmp": 333.641, "WipMemBlock": "1009ed35-1582-4c07-a4e6-d92765bd7c8e||Sequence: VD11D r206; Feb 13 2013 18:52:04 by eja", "dcmmeta_affine": [[-2.39572811126709, 0.022455936297774315, -1.2348485789459573e-08, 118.18222045898438], [0.01977194845676422, 2.109384298324585, -1.1378116607666016, -81.39998626708984], [0.010646083392202854, 1.1357864141464233, 2.113145589828491, -86.89940643310547], [0.0, 0.0, 0.0, 1.0]], "dcmmeta_reorient_transform": [[0.0, -1.0, 0.0, 95.0], [1.0, 0.0, 0.0, 0.0], [0.0, 0.0, 1.0, 0.0], [0.0, 0.0, 0.0, 1.0]], "dcmmeta_shape": [96, 96, 64, 518], "dcmmeta_slice_dim": 2, "dcmmeta_version": 0.6, "global": {"const": {"AcquisitionMatrix": [96, 0, 0, 96], "AngioFlag": "N", "BitsAllocated": 16, "BitsStored": 16, "BodyPartExamined": "BRAIN", "Columns": 768, "EchoNumbers": 1, "EchoTime": 30.0, "EchoTrainLength": 48, "FlipAngle": 63.0, "HighBit": 15, "ImageOrientationPatient": [0.99995607328812, -0.0082526399154, 0.00444358286073, 0.00937291279237, 0.88043867979877, -0.4740673787765], "ImagePositionPatient": [-932.8253426906, -821.10126030946, 399.04744633111], "ImageType": ["ORIGINAL", "PRIMARY", "M", "ND", "NORM", "MOSAIC"], "ImagedNucleus": "1H", "ImagingFrequency": 123.193373, "InPlanePhaseEncodingDirection": "COL", "MRAcquisitionType": "2D", "MagneticFieldStrength": 3.0, "Manufacturer": "SIEMENS", "ManufacturerModelName": "Skyra", "Modality": "MR", "NumberOfAverages": 1.0, "NumberOfPhaseEncodingSteps": 96, "PercentPhaseFieldOfView": 100.0, "PercentSampling": 100.0, "PerformedProcedureStepStartTime": "073042.390000", "PhotometricInterpretation": "MONOCHROME2", "PixelBandwidth": 2005.0, "PixelRepresentation": 0, "PixelSpacing": [2.3958332538605, 2.3958332538605], "ProtocolName": "Resting State fMRI MBEPI_matrix96_BW2004", "RepetitionTime": 1160.0, "Rows": 768, "SAR": 0.09574584190922, "SamplesPerPixel": 1, "ScanOptions": "FS", "ScanningSequence": "EP", "SequenceName": "epfid2d1_96", "SequenceVariant": "SK", "SeriesDescription": "Resting State fMRI MBEPI_matrix96_BW2004", "SeriesNumber": 6, "SeriesTime": "074323.265000", "SliceLocation": -37.922185912438, "SliceThickness": 2.0, "SmallestImagePixelValue": 0, "SoftwareVersions": "syngo MR D11", "SpacingBetweenSlices": 2.3999999810286, "SpecificCharacterSet": "ISO_IR 100", "StudyID": "1", "StudyTime": "073042.343000", "TransmitCoilName": "Body", "VariableFlipAngleFlag": "N", "WindowCenterWidthExplanation": "Algo1", "dBdt": 0.0}, "slices": {}}, "time": {"samples": {"AcquisitionNumber": [1, 2, 3, 4, 5, 6, 7, 8, 9, 10, 11, 12, 13, 14, 15, 16, 17, 18, 19, 20, 21, 22, 23, 24, 25, 26, 27, 28, 29, 30, 31, 32, 33, 34, 35, 36, 37, 38, 39, 40, 41, 42, 43, 44, 45, 46, 47, 48, 49, 50, 51, 52, 53, 54, 55, 56, 57, 58, 59, 60, 61, 62, 63, 64, 65, 66, 67, 68, 69, 70, 71, 72, 73, 74, 75, 76, 77, 78, 79, 80, 81, 82, 83, 84, 85, 86, 87, 88, 89, 90, 91, 92, 93, 94, 95, 96, 97, 98, 99, 100, 101, 102, 103, 104, 105, 106, 107, 108, 109, 110, 111, 112, 113, 114, 115, 116, 117, 118, 119, 120, 121, 122, 123, 124, 125, 126, 127, 128, 129, 130, 131, 132, 133, 134, 135, 136, 137, 138, 139, 140, 141, 142, 143, 144, 145, 146, 147, 148, 149, 150, 151, 152, 153, 154, 155, 156, 157, 158, 159, 160, 161, 162, 163, 164, 165, 166, 167, 168, 169, 170, 171, 172, 173, 174, 175, 176, 177, 178, 179, 180, 181, 182, 183, 184, 185, 186, 187, 188, 189, 190, 191, 192, 193, 194, 195, 196, 197, 198, 199, 200, 201, 202, 203, 204, 205, 206, 207, 208, 209, 210, 211, 212, 213, 214, 215, 216, 217, 218, 219, 220, 221, 222, 223, 224, 225, 226, 227, 228, 229, 230, 231, 232, 233, 234, 235, 236, 237, 238, 239, 240, 241, 242, 243, 244, 245, 246, 247, 248, 249, 250, 251, 252, 253, 254, 255, 256, 257, 258, 259, 260, 261, 262, 263, 264, 265, 266, 267, 268, 269, 270, 271, 272, 273, 274, 275, 276, 277, 278, 279, 280, 281, 282, 283, 284, 285, 286, 287, 288, 289, 290, 291, 292, 293, 294, 295, 296, 297, 298, 299, 300, 301, 302, 303, 304, 305, 306, 307, 308, 309, 310, 311, 312, 313, 314, 315, 316, 317, 318, 319, 320, 321, 322, 323, 324, 325, 326, 327, 328, 329, 330, 331, 332, 333, 334, 335, 336, 337, 338, 339, 340, 341, 342, 343, 344, 345, 346, 347, 348, 349, 350, 351, 352, 353, 354, 355, 356, 357, 358, 359, 360, 361, 362, 363, 364, 365, 366, 367, 368, 369, 370, 371, 372, 373, 374, 375, 376, 377, 378, 379, 380, 381, 382, 383, 384, 385, 386, 387, 388, 389, 390, 391, 392, 393, 394, 395, 396, 397, 398, 399, 400, 401, 402, 403, 404, 405, 406, 407, 408, 409, 410, 411, 412, 413, 414, 415, 416, 417, 418, 419, 420, 421, 422, 423, 424, 425, 426, 427, 428, 429, 430, 431, 432, 433, 434, 435, 436, 437, 438, 439, 440, 441, 442, 443, 444, 445, 446, 447, 448, 449, 450, 451, 452, 453, 454, 455, 456, 457, 458, 459, 460, 461, 462, 463, 464, 465, 466, 467, 468, 469, 470, 471, 472, 473, 474, 475, 476, 477, 478, 479, 480, 481, 482, 483, 484, 485, 486, 487, 488, 489, 490, 491, 492, 493, 494, 495, 496, 497, 498, 499, 500, 501, 502, 503, 504, 505, 506, 507, 508, 509, 510, 511, 512, 513, 514, 515, 516, 517, 518], "AcquisitionTime": ["074245.105000", "074314.105000", "074315.265000", "074316.425000", "074317.585000", "074318.745000", "074319.905000", "074321.065000", "074322.225000", "074323.385000", "074324.545000", "074325.705000", "074326.865000", "074328.025000", "074329.185000", "074330.345000", "074331.505000", "074332.665000", "074333.825000", "074334.985000", "074336.145000", "074337.305000", "074338.465000", "074339.625000", "074340.785000", "074341.945000", "074343.105000", "074344.265000", "074345.425000", "074346.585000", "074347.745000", "074348.905000", "074350.065000", "074351.225000", "074352.385000", "074353.545000", "074354.705000", "074355.865000", "074357.025000", "074358.185000", "074359.345000", "074400.505000", "074401.665000", "074402.825000", "074403.985000", "074405.145000", "074406.305000", "074407.465000", "074408.625000", "074409.785000", "074410.945000", "074412.105000", "074413.265000", "074414.425000", "074415.585000", "074416.745000", "074417.905000", "074419.065000", "074420.225000", "074421.385000", "074422.545000", "074423.705000", "074424.865000", "074426.025000", "074427.185000", "074428.345000", "074429.505000", "074430.665000", "074431.825000", "074432.985000", "074434.145000", "074435.305000", "074436.465000", "074437.625000", "074438.785000", "074439.945000", "074441.105000", "074442.265000", "074443.425000", "074444.587500", "074445.747500", "074446.907500", "074448.067500", "074449.227500", "074450.387500", "074451.547500", "074452.707500", "074453.867500", "074455.027500", "074456.187500", "074457.347500", "074458.507500", "074459.667500", "074500.827500", "074501.987500", "074503.147500", "074504.307500", "074505.467500", "074506.627500", "074507.787500", "074508.947500", "074510.107500", "074511.267500", "074512.427500", "074513.587500", "074514.747500", "074515.907500", "074517.067500", "074518.227500", "074519.387500", "074520.547500", "074521.707500", "074522.867500", "074524.027500", "074525.187500", "074526.347500", "074527.507500", "074528.667500", "074529.827500", "074530.987500", "074532.147500", "074533.307500", "074534.467500", "074535.627500", "074536.787500", "074537.947500", "074539.107500", "074540.267500", "074541.427500", "074542.587500", "074543.747500", "074544.907500", "074546.067500", "074547.227500", "074548.387500", "074549.547500", "074550.707500", "074551.867500", "074553.027500", "074554.187500", "074555.347500", "074556.507500", "074557.667500", "074558.827500", "074559.987500", "074601.147500", "074602.307500", "074603.467500", "074604.627500", "074605.787500", "074606.947500", "074608.107500", "074609.267500", "074610.427500", "074611.587500", "074612.747500", "074613.907500", "074615.067500", "074616.227500", "074617.387500", "074618.547500", "074619.707500", "074620.867500", "074622.027500", "074623.187500", "074624.347500", "074625.507500", "074626.667500", "074627.827500", "074628.987500", "074630.147500", "074631.307500", "074632.467500", "074633.627500", "074634.787500", "074635.947500", "074637.107500", "074638.267500", "074639.427500", "074640.587500", "074641.747500", "074642.907500", "074644.067500", "074645.227500", "074646.387500", "074647.547500", "074648.707500", "074649.867500", "074651.027500", "074652.187500", "074653.347500", "074654.507500", "074655.667500", "074656.827500", "074657.987500", "074659.147500", "074700.307500", "074701.467500", "074702.627500", "074703.787500", "074704.947500", "074706.107500", "074707.267500", "074708.427500", "074709.587500", "074710.747500", "074711.907500", "074713.067500", "074714.227500", "074715.387500", "074716.547500", "074717.707500", "074718.867500", "074720.027500", "074721.187500", "074722.347500", "074723.507500", "074724.667500", "074725.827500", "074726.987500", "074728.147500", "074729.307500", "074730.467500", "074731.627500", "074732.787500", "074733.947500", "074735.107500", "074736.267500", "074737.427500", "074738.587500", "074739.747500", "074740.907500", "074742.067500", "074743.227500", "074744.387500", "074745.547500", "074746.707500", "074747.867500", "074749.027500", "074750.187500", "074751.347500", "074752.507500", "074753.667500", "074754.827500", "074755.987500", "074757.147500", "074758.307500", "074759.467500", "074800.627500", "074801.787500", "074802.947500", "074804.107500", "074805.267500", "074806.427500", "074807.587500", "074808.747500", "074809.907500", "074811.067500", "074812.227500", "074813.387500", "074814.547500", "074815.707500", "074816.867500", "074818.027500", "074819.187500", "074820.347500", "074821.507500", "074822.667500", "074823.827500", "074824.987500", "074826.147500", "074827.307500", "074828.467500", "074829.627500", "074830.787500", "074831.947500", "074833.107500", "074834.267500", "074835.427500", "074836.587500", "074837.747500", "074838.907500", "074840.067500", "074841.227500", "074842.387500", "074843.547500", "074844.707500", "074845.867500", "074847.027500", "074848.187500", "074849.347500", "074850.507500", "074851.667500", "074852.827500", "074853.987500", "074855.147500", "074856.307500", "074857.467500", "074858.627500", "074859.787500", "074900.947500", "074902.107500", "074903.267500", "074904.427500", "074905.587500", "074906.747500", "074907.907500", "074909.067500", "074910.227500", "074911.387500", "074912.547500", "074913.707500", "074914.867500", "074916.027500", "074917.187500", "074918.347500", "074919.507500", "074920.667500", "074921.827500", "074922.987500", "074924.147500", "074925.307500", "074926.467500", "074927.627500", "074928.787500", "074929.947500", "074931.107500", "074932.267500", "074933.427500", "074934.587500", "074935.750000", "074936.910000", "074938.070000", "074939.230000", "074940.390000", "074941.550000", "074942.710000", "074943.870000", "074945.030000", "074946.190000", "074947.350000", "074948.510000", "074949.670000", "074950.830000", "074951.990000", "074953.150000", "074954.310000", "074955.470000", "074956.630000", "074957.790000", "074958.950000", "075000.110000", "075001.270000", "075002.430000", "075003.590000", "075004.750000", "075005.910000", "075007.070000", "075008.230000", "075009.390000", "075010.550000", "075011.710000", "075012.870000", "075014.030000", "075015.190000", "075016.350000", "075017.510000", "075018.670000", "075019.830000", "075020.990000", "075022.150000", "075023.310000", "075024.470000", "075025.630000", "075026.790000", "075027.950000", "075029.110000", "075030.270000", "075031.430000", "075032.590000", "075033.750000", "075034.910000", "075036.070000", "075037.230000", "075038.390000", "075039.550000", "075040.710000", "075041.870000", "075043.030000", "075044.190000", "075045.350000", "075046.510000", "075047.670000", "075048.830000", "075049.990000", "075051.150000", "075052.310000", "075053.470000", "075054.630000", "075055.790000", "075056.950000", "075058.110000", "075059.270000", "075100.430000", "075101.590000", "075102.750000", "075103.910000", "075105.070000", "075106.230000", "075107.390000", "075108.550000", "075109.710000", "075110.870000", "075112.030000", "075113.190000", "075114.350000", "075115.510000", "075116.670000", "075117.830000", "075118.990000", "075120.150000", "075121.310000", "075122.470000", "075123.630000", "075124.790000", "075125.950000", "075127.110000", "075128.270000", "075129.430000", "075130.590000", "075131.750000", "075132.910000", "075134.070000", "075135.230000", "075136.390000", "075137.550000", "075138.710000", "075139.870000", "075141.030000", "075142.190000", "075143.350000", "075144.510000", "075145.670000", "075146.830000", "075147.990000", "075149.150000", "075150.310000", "075151.470000", "075152.630000", "075153.790000", "075154.950000", "075156.110000", "075157.270000", "075158.430000", "075159.590000", "075200.750000", "075201.910000", "075203.070000", "075204.230000", "075205.390000", "075206.550000", "075207.710000", "075208.870000", "075210.030000", "075211.190000", "075212.350000", "075213.510000", "075214.670000", "075215.830000", "075216.990000", "075218.150000", "075219.310000", "075220.470000", "075221.630000", "075222.790000", "075223.950000", "075225.110000", "075226.270000", "075227.430000", "075228.590000", "075229.750000", "075230.910000", "075232.070000", "075233.230000", "075234.390000", "075235.550000", "075236.710000", "075237.870000", "075239.030000", "075240.190000", "075241.350000", "075242.510000", "075243.670000", "075244.830000", "075245.990000", "075247.150000", "075248.310000", "075249.470000", "075250.630000", "075251.790000", "075252.950000", "075254.110000", "075255.270000", "075256.430000", "075257.590000", "075258.750000", "075259.910000", "075301.070000", "075302.230000", "075303.390000", "075304.550000", "075305.710000", "075306.870000", "075308.030000", "075309.190000", "075310.350000", "075311.510000", "075312.670000"], "ContentTime": ["074323.265000", "074329.281000", "074329.281000", "074329.281000", "074329.296000", "074329.296000", "074334.281000", "074334.281000", "074334.281000", "074339.281000", "074339.281000", "074339.296000", "074339.296000", "074344.281000", "074344.281000", "074344.281000", "074344.281000", "074349.281000", "074349.281000", "074349.281000", "074354.281000", "074354.281000", "074354.281000", "074359.281000", "074359.281000", "074359.281000", "074359.312000", "074404.281000", "074404.281000", "074404.281000", "074404.281000", "074409.281000", "074409.281000", "074409.281000", "074414.281000", "074414.281000", "074414.281000", "074414.281000", "074419.281000", "074419.281000", "074419.281000", "074424.281000", "074424.281000", "074424.281000", "074424.281000", "074429.281000", "074429.281000", "074429.281000", "074429.281000", "074434.281000", "074434.281000", "074434.281000", "074434.281000", "074439.281000", "074439.281000", "074439.281000", "074444.281000", "074444.281000", "074444.281000", "074444.281000", "074449.281000", "074449.296000", "074449.296000", "074454.281000", "074454.281000", "074454.281000", "074454.281000", "074459.281000", "074459.281000", "074459.281000", "074459.281000", "074504.281000", "074504.281000", "074504.281000", "074509.281000", "074509.281000", "074509.281000", "074509.281000", "074514.281000", "074514.281000", "074514.281000", "074519.281000", "074519.281000", "074519.281000", "074519.281000", "074524.281000", "074524.281000", "074524.281000", "074524.281000", "074529.281000", "074529.281000", "074529.281000", "074534.281000", "074534.281000", "074534.281000", "074534.281000", "074539.281000", "074539.281000", "074539.281000", "074539.281000", "074544.281000", "074544.281000", "074544.281000", "074544.281000", "074549.281000", "074549.281000", "074549.281000", "074554.281000", "074554.281000", "074554.281000", "074554.281000", "074559.281000", "074559.281000", "074559.281000", "074604.281000", "074604.281000", "074604.281000", "074604.281000", "074609.281000", "074609.281000", "074609.281000", "074614.281000", "074614.281000", "074614.281000", "074614.281000", "074619.281000", "074619.281000", "074619.281000", "074624.281000", "074624.281000", "074624.281000", "074624.281000", "074629.281000", "074629.281000", "074629.281000", "074634.281000", "074634.281000", "074634.281000", "074634.281000", "074639.281000", "074639.281000", "074639.281000", "074639.359000", "074644.281000", "074644.281000", "074644.281000", "074649.281000", "074649.281000", "074649.281000", "074649.296000", "074654.281000", "074654.281000", "074654.281000", "074659.281000", "074659.281000", "074659.281000", "074659.281000", "074704.281000", "074704.281000", "074704.281000", "074704.296000", "074709.281000", "074709.281000", "074709.281000", "074714.281000", "074714.281000", "074714.281000", "074714.281000", "074719.281000", "074719.281000", "074719.281000", "074719.281000", "074724.281000", "074724.281000", "074724.281000", "074729.281000", "074729.281000", "074729.281000", "074729.281000", "074734.281000", "074734.281000", "074734.281000", "074739.281000", "074739.281000", "074739.281000", "074739.296000", "074744.281000", "074744.281000", "074744.281000", "074744.281000", "074749.281000", "074749.281000", "074749.281000", "074754.281000", "074754.281000", "074754.281000", "074754.281000", "074759.281000", "074759.281000", "074759.281000", "074759.281000", "074804.281000", "074804.281000", "074804.281000", "074809.281000", "074809.281000", "074809.296000", "074809.296000", "074809.296000", "074814.281000", "074814.281000", "074814.281000", "074814.281000", "074819.281000", "074819.281000", "074819.281000", "074824.281000", "074824.281000", "074824.281000", "074824.281000", "074829.281000", "074829.281000", "074829.281000", "074829.281000", "074834.281000", "074834.281000", "074834.281000", "074839.281000", "074839.281000", "074839.281000", "074839.296000", "074844.281000", "074844.281000", "074844.281000", "074844.281000", "074849.281000", "074849.281000", "074849.281000", "074849.281000", "074854.281000", "074854.281000", "074854.281000", "074859.281000", "074859.281000", "074859.281000", "074859.281000", "074904.281000", "074904.281000", "074904.281000", "074904.281000", "074909.281000", "074909.281000", "074909.281000", "074909.281000", "074914.281000", "074914.281000", "074914.296000", "074914.296000", "074919.296000", "074919.296000", "074919.296000", "074919.296000", "074924.281000", "074924.281000", "074924.281000", "074929.281000", "074929.281000", "074929.281000", "074929.281000", "074934.281000", "074934.281000", "074934.281000", "074934.281000", "074939.281000", "074939.281000", "074939.281000", "074944.281000", "074944.281000", "074944.281000", "074944.281000", "074949.281000", "074949.281000", "074949.281000", "074954.281000", "074954.281000", "074954.281000", "074954.281000", "074959.281000", "074959.281000", "074959.281000", "074959.281000", "075004.281000", "075004.281000", "075004.281000", "075004.281000", "075009.281000", "075009.281000", "075009.281000", "075014.281000", "075014.281000", "075014.281000", "075019.281000", "075019.281000", "075019.281000", "075019.281000", "075024.281000", "075024.281000", "075024.281000", "075024.281000", "075029.281000", "075029.281000", "075029.281000", "075029.281000", "075034.281000", "075034.281000", "075034.281000", "075039.281000", "075039.281000", "075039.281000", "075039.281000", "075044.281000", "075044.281000", "075044.281000", "075044.281000", "075049.281000", "075049.281000", "075049.281000", "075054.281000", "075054.281000", "075054.281000", "075054.281000", "075059.281000", "075059.281000", "075059.281000", "075059.281000", "075104.281000", "075104.281000", "075104.281000", "075109.281000", "075109.281000", "075109.281000", "075109.281000", "075114.281000", "075114.281000", "075114.281000", "075114.281000", "075119.281000", "075119.281000", "075119.296000", "075124.281000", "075124.281000", "075124.281000", "075124.296000", "075129.281000", "075129.281000", "075129.281000", "075134.281000", "075134.281000", "075134.281000", "075134.281000", "075139.281000", "075139.281000", "075139.281000", "075139.296000", "075144.281000", "075144.281000", "075144.281000", "075149.281000", "075149.281000", "075149.281000", "075149.281000", "075154.281000", "075154.281000", "075154.281000", "075154.281000", "075159.281000", "075159.281000", "075159.281000", "075159.281000", "075204.281000", "075204.281000", "075204.281000", "075204.281000", "075209.281000", "075209.281000", "075209.281000", "075214.281000", "075214.281000", "075214.281000", "075214.281000", "075219.281000", "075219.281000", "075219.281000", "075224.281000", "075224.281000", "075224.281000", "075224.281000", "075229.281000", "075229.281000", "075229.281000", "075229.281000", "075234.281000", "075234.281000", "075234.281000", "075234.281000", "075239.281000", "075239.281000", "075239.281000", "075239.281000", "075244.281000", "075244.281000", "075244.281000", "075249.281000", "075249.281000", "075249.281000", "075249.281000", "075254.281000", "075254.281000", "075254.281000", "075254.281000", "075259.281000", "075259.281000", "075259.281000", "075304.281000", "075304.281000", "075304.281000", "075304.281000", "075309.281000", "075309.281000", "075309.281000", "075309.281000", "075314.281000", "075314.281000", "075314.281000", "075314.281000", "075319.281000", "075319.281000", "075319.281000", "075319.328000", "075324.281000", "075324.281000", "075324.281000", "075324.296000", "075329.281000", "075329.281000", "075329.281000", "075329.281000", "075334.281000", "075334.281000", "075334.281000", "075334.281000", "075339.281000", "075339.281000", "075339.296000", "075339.296000", "075344.281000", "075344.281000", "075344.296000", "075344.296000", "075349.281000", "075349.281000", "075349.281000", "075349.281000", "075354.281000", "075354.281000", "075354.281000", "075354.296000", "075359.281000", "075359.281000", "075359.281000", "075359.281000", "075359.281000", "075404.281000", "075404.281000", "075404.281000", "075404.281000", "075409.281000", "075409.281000", "075409.281000", "075414.281000", "075414.281000", "075414.281000", "075414.281000", "075414.281000", "075419.281000", "075419.281000", "075419.281000", "075424.281000", "075424.281000", "075424.281000", "075424.296000", "075429.281000", "075429.281000", "075429.281000", "075434.281000", "075434.281000", "075434.281000", "075434.312000", "075434.312000", "075439.281000", "075439.281000", "075439.296000", "075439.312000", "075444.281000", "075444.281000", "075444.281000", "075444.296000", "075449.281000", "075449.281000", "075449.281000", "075449.281000", "075454.281000", "075454.281000", "075454.281000", "075454.281000", "075458.031000", "075458.031000", "075458.031000"], "InstanceCreationTime": ["074323.265000", "074329.281000", "074329.281000", "074329.281000", "074329.296000", "074329.296000", "074334.281000", "074334.281000", "074334.281000", "074339.281000", "074339.281000", "074339.296000", "074339.296000", "074344.281000", "074344.281000", "074344.281000", "074344.281000", "074349.281000", "074349.281000", "074349.281000", "074354.281000", "074354.281000", "074354.281000", "074359.281000", "074359.281000", "074359.281000", "074359.312000", "074404.281000", "074404.281000", "074404.281000", "074404.281000", "074409.281000", "074409.281000", "074409.281000", "074414.281000", "074414.281000", "074414.281000", "074414.281000", "074419.281000", "074419.281000", "074419.281000", "074424.281000", "074424.281000", "074424.281000", "074424.281000", "074429.281000", "074429.281000", "074429.281000", "074429.281000", "074434.281000", "074434.281000", "074434.281000", "074434.281000", "074439.281000", "074439.281000", "074439.281000", "074444.281000", "074444.281000", "074444.281000", "074444.281000", "074449.281000", "074449.296000", "074449.296000", "074454.281000", "074454.281000", "074454.281000", "074454.281000", "074459.281000", "074459.281000", "074459.281000", "074459.281000", "074504.281000", "074504.281000", "074504.281000", "074509.281000", "074509.281000", "074509.281000", "074509.281000", "074514.281000", "074514.281000", "074514.281000", "074519.281000", "074519.281000", "074519.281000", "074519.281000", "074524.281000", "074524.281000", "074524.281000", "074524.281000", "074529.281000", "074529.281000", "074529.281000", "074534.281000", "074534.281000", "074534.281000", "074534.281000", "074539.281000", "074539.281000", "074539.281000", "074539.281000", "074544.281000", "074544.281000", "074544.281000", "074544.281000", "074549.281000", "074549.281000", "074549.281000", "074554.281000", "074554.281000", "074554.281000", "074554.281000", "074559.281000", "074559.281000", "074559.281000", "074604.281000", "074604.281000", "074604.281000", "074604.281000", "074609.281000", "074609.281000", "074609.281000", "074614.281000", "074614.281000", "074614.281000", "074614.281000", "074619.281000", "074619.281000", "074619.281000", "074624.281000", "074624.281000", "074624.281000", "074624.281000", "074629.281000", "074629.281000", "074629.281000", "074634.281000", "074634.281000", "074634.281000", "074634.281000", "074639.281000", "074639.281000", "074639.281000", "074639.359000", "074644.281000", "074644.281000", "074644.281000", "074649.281000", "074649.281000", "074649.281000", "074649.296000", "074654.281000", "074654.281000", "074654.281000", "074659.281000", "074659.281000", "074659.281000", "074659.281000", "074704.281000", "074704.281000", "074704.281000", "074704.296000", "074709.281000", "074709.281000", "074709.281000", "074714.281000", "074714.281000", "074714.281000", "074714.281000", "074719.281000", "074719.281000", "074719.281000", "074719.281000", "074724.281000", "074724.281000", "074724.281000", "074729.281000", "074729.281000", "074729.281000", "074729.281000", "074734.281000", "074734.281000", "074734.281000", "074739.281000", "074739.281000", "074739.281000", "074739.296000", "074744.281000", "074744.281000", "074744.281000", "074744.281000", "074749.281000", "074749.281000", "074749.281000", "074754.281000", "074754.281000", "074754.281000", "074754.281000", "074759.281000", "074759.281000", "074759.281000", "074759.281000", "074804.281000", "074804.281000", "074804.281000", "074809.281000", "074809.281000", "074809.296000", "074809.296000", "074809.296000", "074814.281000", "074814.281000", "074814.281000", "074814.281000", "074819.281000", "074819.281000", "074819.281000", "074824.281000", "074824.281000", "074824.281000", "074824.281000", "074829.281000", "074829.281000", "074829.281000", "074829.281000", "074834.281000", "074834.281000", "074834.281000", "074839.281000", "074839.281000", "074839.281000", "074839.296000", "074844.281000", "074844.281000", "074844.281000", "074844.281000", "074849.281000", "074849.281000", "074849.281000", "074849.281000", "074854.281000", "074854.281000", "074854.281000", "074859.281000", "074859.281000", "074859.281000", "074859.281000", "074904.281000", "074904.281000", "074904.281000", "074904.281000", "074909.281000", "074909.281000", "074909.281000", "074909.281000", "074914.281000", "074914.281000", "074914.296000", "074914.296000", "074919.296000", "074919.296000", "074919.296000", "074919.296000", "074924.281000", "074924.281000", "074924.281000", "074929.281000", "074929.281000", "074929.281000", "074929.281000", "074934.281000", "074934.281000", "074934.281000", "074934.281000", "074939.281000", "074939.281000", "074939.281000", "074944.281000", "074944.281000", "074944.281000", "074944.281000", "074949.281000", "074949.281000", "074949.281000", "074954.281000", "074954.281000", "074954.281000", "074954.281000", "074959.281000", "074959.281000", "074959.281000", "074959.281000", "075004.281000", "075004.281000", "075004.281000", "075004.281000", "075009.281000", "075009.281000", "075009.281000", "075014.281000", "075014.281000", "075014.281000", "075019.281000", "075019.281000", "075019.281000", "075019.281000", "075024.281000", "075024.281000", "075024.281000", "075024.281000", "075029.281000", "075029.281000", "075029.281000", "075029.281000", "075034.281000", "075034.281000", "075034.281000", "075039.281000", "075039.281000", "075039.281000", "075039.281000", "075044.281000", "075044.281000", "075044.281000", "075044.281000", "075049.281000", "075049.281000", "075049.281000", "075054.281000", "075054.281000", "075054.281000", "075054.281000", "075059.281000", "075059.281000", "075059.281000", "075059.281000", "075104.281000", "075104.281000", "075104.281000", "075109.281000", "075109.281000", "075109.281000", "075109.281000", "075114.281000", "075114.281000", "075114.281000", "075114.281000", "075119.281000", "075119.281000", "075119.296000", "075124.281000", "075124.281000", "075124.281000", "075124.296000", "075129.281000", "075129.281000", "075129.281000", "075134.281000", "075134.281000", "075134.281000", "075134.281000", "075139.281000", "075139.281000", "075139.281000", "075139.296000", "075144.281000", "075144.281000", "075144.281000", "075149.281000", "075149.281000", "075149.281000", "075149.281000", "075154.281000", "075154.281000", "075154.281000", "075154.281000", "075159.281000", "075159.281000", "075159.281000", "075159.281000", "075204.281000", "075204.281000", "075204.281000", "075204.281000", "075209.281000", "075209.281000", "075209.281000", "075214.281000", "075214.281000", "075214.281000", "075214.281000", "075219.281000", "075219.281000", "075219.281000", "075224.281000", "075224.281000", "075224.281000", "075224.281000", "075229.281000", "075229.281000", "075229.281000", "075229.281000", "075234.281000", "075234.281000", "075234.281000", "075234.281000", "075239.281000", "075239.281000", "075239.281000", "075239.281000", "075244.281000", "075244.281000", "075244.281000", "075249.281000", "075249.281000", "075249.281000", "075249.281000", "075254.281000", "075254.281000", "075254.281000", "075254.281000", "075259.281000", "075259.281000", "075259.281000", "075304.281000", "075304.281000", "075304.281000", "075304.281000", "075309.281000", "075309.281000", "075309.281000", "075309.281000", "075314.281000", "075314.281000", "075314.281000", "075314.281000", "075319.281000", "075319.281000", "075319.281000", "075319.328000", "075324.281000", "075324.281000", "075324.281000", "075324.296000", "075329.281000", "075329.281000", "075329.281000", "075329.281000", "075334.281000", "075334.281000", "075334.281000", "075334.281000", "075339.281000", "075339.281000", "075339.296000", "075339.296000", "075344.281000", "075344.281000", "075344.296000", "075344.296000", "075349.281000", "075349.281000", "075349.281000", "075349.281000", "075354.281000", "075354.281000", "075354.281000", "075354.296000", "075359.281000", "075359.281000", "075359.281000", "075359.281000", "075359.281000", "075404.281000", "075404.281000", "075404.281000", "075404.281000", "075409.281000", "075409.281000", "075409.281000", "075414.281000", "075414.281000", "075414.281000", "075414.281000", "075414.281000", "075419.281000", "075419.281000", "075419.281000", "075424.281000", "075424.281000", "075424.281000", "075424.296000", "075429.281000", "075429.281000", "075429.281000", "075434.281000", "075434.281000", "075434.281000", "075434.312000", "075434.312000", "075439.281000", "075439.281000", "075439.296000", "075439.312000", "075444.281000", "075444.281000", "075444.281000", "075444.296000", "075449.281000", "075449.281000", "075449.281000", "075449.281000", "075454.281000", "075454.281000", "075454.281000", "075454.281000", "075458.031000", "075458.031000", "075458.031000"], "InstanceNumber": [1, 2, 3, 4, 5, 6, 7, 8, 9, 10, 11, 12, 13, 14, 15, 16, 17, 18, 19, 20, 21, 22, 23, 24, 25, 26, 27, 28, 29, 30, 31, 32, 33, 34, 35, 36, 37, 38, 39, 40, 41, 42, 43, 44, 45, 46, 47, 48, 49, 50, 51, 52, 53, 54, 55, 56, 57, 58, 59, 60, 61, 62, 63, 64, 65, 66, 67, 68, 69, 70, 71, 72, 73, 74, 75, 76, 77, 78, 79, 80, 81, 82, 83, 84, 85, 86, 87, 88, 89, 90, 91, 92, 93, 94, 95, 96, 97, 98, 99, 100, 101, 102, 103, 104, 105, 106, 107, 108, 109, 110, 111, 112, 113, 114, 115, 116, 117, 118, 119, 120, 121, 122, 123, 124, 125, 126, 127, 128, 129, 130, 131, 132, 133, 134, 135, 136, 137, 138, 139, 140, 141, 142, 143, 144, 145, 146, 147, 148, 149, 150, 151, 152, 153, 154, 155, 156, 157, 158, 159, 160, 161, 162, 163, 164, 165, 166, 167, 168, 169, 170, 171, 172, 173, 174, 175, 176, 177, 178, 179, 180, 181, 182, 183, 184, 185, 186, 187, 188, 189, 190, 191, 192, 193, 194, 195, 196, 197, 198, 199, 200, 201, 202, 203, 204, 205, 206, 207, 208, 209, 210, 211, 212, 213, 214, 215, 216, 217, 218, 219, 220, 221, 222, 223, 224, 225, 226, 227, 228, 229, 230, 231, 232, 233, 234, 235, 236, 237, 238, 239, 240, 241, 242, 243, 244, 245, 246, 247, 248, 249, 250, 251, 252, 253, 254, 255, 256, 257, 258, 259, 260, 261, 262, 263, 264, 265, 266, 267, 268, 269, 270, 271, 272, 273, 274, 275, 276, 277, 278, 279, 280, 281, 282, 283, 284, 285, 286, 287, 288, 289, 290, 291, 292, 293, 294, 295, 296, 297, 298, 299, 300, 301, 302, 303, 304, 305, 306, 307, 308, 309, 310, 311, 312, 313, 314, 315, 316, 317, 318, 319, 320, 321, 322, 323, 324, 325, 326, 327, 328, 329, 330, 331, 332, 333, 334, 335, 336, 337, 338, 339, 340, 341, 342, 343, 344, 345, 346, 347, 348, 349, 350, 351, 352, 353, 354, 355, 356, 357, 358, 359, 360, 361, 362, 363, 364, 365, 366, 367, 368, 369, 370, 371, 372, 373, 374, 375, 376, 377, 378, 379, 380, 381, 382, 383, 384, 385, 386, 387, 388, 389, 390, 391, 392, 393, 394, 395, 396, 397, 398, 399, 400, 401, 402, 403, 404, 405, 406, 407, 408, 409, 410, 411, 412, 413, 414, 415, 416, 417, 418, 419, 420, 421, 422, 423, 424, 425, 426, 427, 428, 429, 430, 431, 432, 433, 434, 435, 436, 437, 438, 439, 440, 441, 442, 443, 444, 445, 446, 447, 448, 449, 450, 451, 452, 453, 454, 455, 456, 457, 458, 459, 460, 461, 462, 463, 464, 465, 466, 467, 468, 469, 470, 471, 472, 473, 474, 475, 476, 477, 478, 479, 480, 481, 482, 483, 484, 485, 486, 487, 488, 489, 490, 491, 492, 493, 494, 495, 496, 497, 498, 499, 500, 501, 502, 503, 504, 505, 506, 507, 508, 509, 510, 511, 512, 513, 514, 515, 516, 517, 518], "LargestImagePixelValue": [24594, 24347, 26256, 27010, 24171, 24532, 28195, 23916, 23669, 26056, 26532, 24334, 23891, 25233, 26014, 26808, 24148, 24133, 24469, 26790, 23777, 23960, 23771, 27224, 23839, 23849, 25022, 24246, 26348, 23851, 25456, 26712, 26808, 24827, 24056, 23767, 26691, 27956, 23951, 24484, 23728, 23941, 28525, 23883, 27304, 27301, 23915, 25400, 27459, 24082, 23733, 28211, 23747, 25818, 24030, 24850, 26580, 25343, 27086, 23719, 24686, 26491, 23760, 26585, 24056, 27306, 24074, 24022, 25512, 27759, 23899, 25234, 27785, 27512, 28197, 23745, 24310, 28012, 25628, 27880, 24214, 26662, 25405, 27040, 23841, 23684, 26687, 23649, 26394, 24142, 23769, 27044, 27691, 24903, 24467, 28326, 23913, 27206, 23511, 24281, 23813, 28223, 27599, 24225, 23732, 28483, 23610, 25369, 24070, 23651, 25376, 23717, 28460, 23532, 24772, 27403, 25448, 26737, 25712, 23774, 23658, 26698, 27972, 24804, 23713, 27739, 26654, 23802, 23740, 24634, 27804, 23832, 27823, 23534, 23798, 26383, 28473, 24545, 23724, 24465, 24390, 27220, 24793, 25002, 25754, 27289, 23656, 24170, 26598, 28095, 23824, 23795, 26718, 25120, 27395, 23553, 24697, 24420, 24464, 24730, 23885, 26624, 24401, 27243, 23907, 26030, 26318, 27662, 28686, 24473, 25651, 23902, 28327, 24787, 23981, 24339, 23920, 27627, 24180, 24484, 24338, 28071, 24063, 24725, 24139, 26858, 28859, 24000, 23757, 23761, 27985, 24361, 24164, 27900, 24142, 24728, 24998, 23919, 25163, 24370, 25206, 26016, 27750, 24284, 27579, 28137, 24467, 25926, 24804, 28777, 23981, 23927, 26503, 24205, 24404, 28199, 25616, 24454, 27018, 24148, 27329, 24083, 27541, 24318, 25289, 24403, 27356, 24067, 24890, 24469, 26013, 24355, 27972, 24282, 24594, 25384, 24278, 26944, 24299, 24221, 27726, 24195, 24430, 26612, 24575, 24674, 24017, 24027, 24229, 28785, 24360, 24284, 26218, 27681, 24618, 24354, 27208, 24409, 24687, 24085, 27112, 24407, 25570, 24502, 27695, 25578, 24409, 24587, 24919, 25912, 26087, 24496, 24635, 24565, 24621, 26046, 25887, 24556, 25738, 24665, 24645, 27529, 24606, 25700, 25903, 27221, 24969, 24770, 25861, 26846, 24756, 24908, 26262, 24893, 25759, 26335, 26537, 24885, 29436, 24903, 27593, 24696, 25089, 29787, 25678, 27390, 24777, 24949, 24751, 27326, 27615, 25371, 24832, 24552, 27342, 24612, 24779, 25051, 29063, 24887, 28346, 24845, 27392, 25691, 26766, 27263, 24532, 26331, 27207, 24662, 24821, 28690, 25707, 27605, 24877, 25057, 24721, 27179, 25104, 24930, 27301, 24807, 27018, 24891, 24689, 24790, 24584, 27624, 24615, 27164, 24642, 24923, 24775, 24921, 27704, 25717, 27287, 24886, 25000, 24799, 25566, 28113, 24794, 27693, 24601, 24897, 24981, 24929, 24815, 27776, 24909, 27246, 24830, 27704, 24751, 24741, 28549, 24720, 27800, 24938, 26678, 25000, 27807, 24848, 29353, 24804, 24687, 25015, 25382, 28210, 27484, 25040, 24927, 27731, 24844, 28071, 24847, 25143, 25044, 27792, 24837, 27462, 24925, 24777, 25827, 27593, 26163, 27695, 28350, 24892, 24976, 26652, 27524, 28143, 24885, 24911, 28576, 24847, 24897, 25074, 25148, 27293, 24866, 27434, 24675, 24839, 26246, 25750, 24887, 28482, 24647, 24851, 26387, 28079, 25238, 24506, 25028, 24393, 25482, 28825, 24655, 24728, 24977, 25148, 24898, 27733, 28385, 24733, 24828, 29618, 25094, 24580, 24799, 24795, 26389, 27604, 24775, 25000, 25200, 24648, 28457, 24904, 24643, 24685, 24787, 25800, 26161, 28818, 30004, 24659, 26138, 24669, 24956, 24910, 24796, 29301, 24756, 25646, 24760, 24566, 25116, 24696, 27918, 26670, 25200, 24607, 26492, 25335, 25127, 25766, 28409, 24794, 25376, 26700, 27573, 28475, 24842, 25262, 24800, 26528, 25163, 24840, 25096, 27059, 24884, 25406, 29477, 25350, 27206, 24734, 24795, 24555, 26375, 28448, 28650, 24643, 24774, 24830], "WindowCenter": [9930.0, 9915.0, 9922.0, 9928.0, 9919.0, 9905.0, 9918.0, 9895.0, 9907.0, 9932.0, 9921.0, 9914.0, 9919.0, 9912.0, 9911.0, 9913.0, 9897.0, 9904.0, 9884.0, 9919.0, 9910.0, 9892.0, 9913.0, 9932.0, 9909.0, 9910.0, 9910.0, 9910.0, 9926.0, 9918.0, 9919.0, 9932.0, 9932.0, 9910.0, 9897.0, 9899.0, 9916.0, 9928.0, 9897.0, 9914.0, 9912.0, 9943.0, 9950.0, 9921.0, 9914.0, 9913.0, 9892.0, 9913.0, 9919.0, 9921.0, 9916.0, 9911.0, 9898.0, 9891.0, 9907.0, 9903.0, 9919.0, 9894.0, 9903.0, 9881.0, 9879.0, 9904.0, 9899.0, 9916.0, 9898.0, 9915.0, 9886.0, 9891.0, 9917.0, 9910.0, 9881.0, 9916.0, 9924.0, 9907.0, 9928.0, 9905.0, 9899.0, 9919.0, 9900.0, 9899.0, 9896.0, 9895.0, 9909.0, 9915.0, 9896.0, 9896.0, 9904.0, 9895.0, 9907.0, 9909.0, 9920.0, 9923.0, 9929.0, 9900.0, 9891.0, 9911.0, 9909.0, 9917.0, 9875.0, 9895.0, 9899.0, 9927.0, 9907.0, 9880.0, 9872.0, 9905.0, 9882.0, 9889.0, 9893.0, 9889.0, 9893.0, 9896.0, 9904.0, 9891.0, 9890.0, 9918.0, 9891.0, 9892.0, 9883.0, 9881.0, 9896.0, 9887.0, 9898.0, 9872.0, 9862.0, 9899.0, 9895.0, 9881.0, 9898.0, 9879.0, 9904.0, 9886.0, 9906.0, 9900.0, 9905.0, 9921.0, 9917.0, 9884.0, 9858.0, 9863.0, 9872.0, 9883.0, 9883.0, 9889.0, 9884.0, 9885.0, 9876.0, 9887.0, 9907.0, 9899.0, 9866.0, 9856.0, 9875.0, 9876.0, 9877.0, 9870.0, 9873.0, 9895.0, 9876.0, 9886.0, 9907.0, 9927.0, 9910.0, 9909.0, 9885.0, 9904.0, 9917.0, 9915.0, 9910.0, 9868.0, 9894.0, 9901.0, 9914.0, 9877.0, 9871.0, 9875.0, 9875.0, 9895.0, 9876.0, 9893.0, 9880.0, 9894.0, 9866.0, 9872.0, 9856.0, 9881.0, 9867.0, 9856.0, 9858.0, 9856.0, 9892.0, 9883.0, 9874.0, 9886.0, 9877.0, 9883.0, 9895.0, 9884.0, 9886.0, 9874.0, 9875.0, 9870.0, 9872.0, 9868.0, 9882.0, 9891.0, 9880.0, 9876.0, 9874.0, 9886.0, 9867.0, 9870.0, 9898.0, 9880.0, 9891.0, 9907.0, 9884.0, 9890.0, 9900.0, 9881.0, 9880.0, 9876.0, 9878.0, 9859.0, 9890.0, 9865.0, 9862.0, 9871.0, 9867.0, 9873.0, 9883.0, 9886.0, 9902.0, 9887.0, 9870.0, 9878.0, 9871.0, 9891.0, 9866.0, 9869.0, 9909.0, 9864.0, 9873.0, 9873.0, 9869.0, 9884.0, 9890.0, 9897.0, 9891.0, 9908.0, 9886.0, 9858.0, 9866.0, 9879.0, 9878.0, 9886.0, 9896.0, 9872.0, 9868.0, 9865.0, 9891.0, 9865.0, 9867.0, 9856.0, 9891.0, 9869.0, 9871.0, 9875.0, 9870.0, 9867.0, 9867.0, 9847.0, 9859.0, 9848.0, 9856.0, 9865.0, 9854.0, 9852.0, 9865.0, 9865.0, 9862.0, 9876.0, 9865.0, 9864.0, 9876.0, 9867.0, 9874.0, 9861.0, 9866.0, 9879.0, 9866.0, 9860.0, 9862.0, 9871.0, 9880.0, 9873.0, 9870.0, 9869.0, 9907.0, 9886.0, 9886.0, 9865.0, 9853.0, 9871.0, 9861.0, 9879.0, 9853.0, 9851.0, 9857.0, 9878.0, 9859.0, 9861.0, 9869.0, 9869.0, 9891.0, 9867.0, 9880.0, 9863.0, 9871.0, 9848.0, 9882.0, 9882.0, 9885.0, 9861.0, 9874.0, 9878.0, 9847.0, 9872.0, 9855.0, 9867.0, 9866.0, 9886.0, 9861.0, 9873.0, 9855.0, 9856.0, 9861.0, 9879.0, 9874.0, 9868.0, 9896.0, 9868.0, 9871.0, 9836.0, 9847.0, 9845.0, 9846.0, 9867.0, 9836.0, 9863.0, 9863.0, 9849.0, 9847.0, 9861.0, 9889.0, 9860.0, 9874.0, 9856.0, 9843.0, 9844.0, 9841.0, 9866.0, 9843.0, 9865.0, 9831.0, 9839.0, 9835.0, 9853.0, 9839.0, 9858.0, 9862.0, 9864.0, 9860.0, 9882.0, 9863.0, 9853.0, 9865.0, 9857.0, 9867.0, 9854.0, 9864.0, 9862.0, 9867.0, 9851.0, 9894.0, 9866.0, 9855.0, 9870.0, 9855.0, 9870.0, 9863.0, 9863.0, 9851.0, 9881.0, 9866.0, 9893.0, 9869.0, 9842.0, 9858.0, 9847.0, 9859.0, 9856.0, 9865.0, 9851.0, 9864.0, 9871.0, 9866.0, 9860.0, 9861.0, 9838.0, 9848.0, 9841.0, 9857.0, 9835.0, 9835.0, 9821.0, 9850.0, 9835.0, 9854.0, 9862.0, 9844.0, 9851.0, 9852.0, 9851.0, 9827.0, 9831.0, 9833.0, 9824.0, 9817.0, 9847.0, 9832.0, 9843.0, 9828.0, 9928.0, 9886.0, 9871.0, 9838.0, 9835.0, 9837.0, 9842.0, 9837.0, 9835.0, 9838.0, 9850.0, 9844.0, 9862.0, 9863.0, 9841.0, 9843.0, 9859.0, 9850.0, 9844.0, 9859.0, 9847.0, 9860.0, 9880.0, 9851.0, 9849.0, 9852.0, 9845.0, 9846.0, 9849.0, 9862.0, 9873.0, 9878.0, 9871.0, 9838.0, 9850.0, 9857.0, 9806.0, 9842.0, 9823.0, 9832.0, 9832.0, 9839.0, 9850.0, 9826.0, 9842.0, 9863.0, 9853.0, 9863.0, 9863.0, 9868.0, 9859.0, 9861.0, 9854.0, 9886.0, 9876.0, 9869.0, 9867.0, 9880.0, 9859.0, 9858.0, 9857.0, 9874.0, 9860.0, 9837.0, 9849.0, 9839.0, 9859.0, 9848.0, 9843.0, 9837.0, 9865.0, 9846.0, 9845.0, 9876.0, 9829.0, 9852.0, 9843.0, 9850.0, 9859.0, 9854.0, 9860.0, 9857.0, 9844.0, 9831.0, 9841.0], "WindowWidth": [21031.0, 20998.0, 21012.0, 21023.0, 20999.0, 20969.0, 20993.0, 20949.0, 20974.0, 21029.0, 21010.0, 20993.0, 20999.0, 20986.0, 20980.0, 20985.0, 20955.0, 20965.0, 20931.0, 20998.0, 20978.0, 20953.0, 20989.0, 21022.0, 20979.0, 20976.0, 20975.0, 20977.0, 21008.0, 20999.0, 21004.0, 21023.0, 21023.0, 20985.0, 20962.0, 20960.0, 20991.0, 21013.0, 20954.0, 20988.0, 20994.0, 21052.0, 21063.0, 21003.0, 20991.0, 20983.0, 20944.0, 20988.0, 20997.0, 21000.0, 20989.0, 20980.0, 20949.0, 20940.0, 20973.0, 20962.0, 20990.0, 20943.0, 20958.0, 20915.0, 20917.0, 20970.0, 20956.0, 20990.0, 20954.0, 20984.0, 20930.0, 20944.0, 20992.0, 20980.0, 20927.0, 20990.0, 21003.0, 20974.0, 21016.0, 20967.0, 20954.0, 20991.0, 20955.0, 20956.0, 20950.0, 20956.0, 20977.0, 20988.0, 20948.0, 20946.0, 20962.0, 20953.0, 20978.0, 20980.0, 21002.0, 21004.0, 21019.0, 20959.0, 20941.0, 20980.0, 20973.0, 20988.0, 20910.0, 20948.0, 20953.0, 21003.0, 20966.0, 20911.0, 20895.0, 20960.0, 20918.0, 20934.0, 20940.0, 20931.0, 20941.0, 20948.0, 20970.0, 20940.0, 20936.0, 20984.0, 20932.0, 20931.0, 20919.0, 20916.0, 20942.0, 20931.0, 20949.0, 20896.0, 20878.0, 20949.0, 20943.0, 20919.0, 20946.0, 20911.0, 20957.0, 20927.0, 20964.0, 20958.0, 20967.0, 21000.0, 20989.0, 20920.0, 20870.0, 20881.0, 20897.0, 20918.0, 20915.0, 20925.0, 20918.0, 20925.0, 20907.0, 20924.0, 20963.0, 20947.0, 20879.0, 20860.0, 20898.0, 20902.0, 20903.0, 20888.0, 20897.0, 20938.0, 20913.0, 20929.0, 20970.0, 21009.0, 20977.0, 20979.0, 20930.0, 20964.0, 20989.0, 20986.0, 20974.0, 20898.0, 20945.0, 20954.0, 20977.0, 20906.0, 20891.0, 20900.0, 20901.0, 20939.0, 20904.0, 20936.0, 20913.0, 20937.0, 20885.0, 20893.0, 20861.0, 20907.0, 20881.0, 20856.0, 20863.0, 20863.0, 20927.0, 20911.0, 20896.0, 20918.0, 20904.0, 20916.0, 20942.0, 20919.0, 20923.0, 20894.0, 20894.0, 20884.0, 20890.0, 20885.0, 20912.0, 20926.0, 20903.0, 20896.0, 20892.0, 20915.0, 20889.0, 20894.0, 20949.0, 20915.0, 20931.0, 20963.0, 20923.0, 20930.0, 20952.0, 20918.0, 20912.0, 20902.0, 20901.0, 20867.0, 20923.0, 20878.0, 20871.0, 20890.0, 20885.0, 20893.0, 20914.0, 20921.0, 20956.0, 20926.0, 20892.0, 20906.0, 20893.0, 20928.0, 20880.0, 20888.0, 20968.0, 20879.0, 20895.0, 20897.0, 20887.0, 20916.0, 20936.0, 20947.0, 20939.0, 20969.0, 20923.0, 20867.0, 20882.0, 20905.0, 20905.0, 20921.0, 20941.0, 20893.0, 20889.0, 20880.0, 20928.0, 20876.0, 20880.0, 20858.0, 20926.0, 20889.0, 20891.0, 20898.0, 20886.0, 20878.0, 20878.0, 20839.0, 20864.0, 20842.0, 20853.0, 20868.0, 20849.0, 20847.0, 20872.0, 20872.0, 20870.0, 20899.0, 20875.0, 20873.0, 20894.0, 20875.0, 20884.0, 20863.0, 20876.0, 20900.0, 20880.0, 20873.0, 20875.0, 20886.0, 20904.0, 20890.0, 20884.0, 20887.0, 20958.0, 20917.0, 20917.0, 20874.0, 20850.0, 20880.0, 20861.0, 20900.0, 20854.0, 20847.0, 20856.0, 20896.0, 20861.0, 20867.0, 20885.0, 20883.0, 20928.0, 20885.0, 20905.0, 20875.0, 20889.0, 20848.0, 20909.0, 20905.0, 20910.0, 20866.0, 20889.0, 20894.0, 20843.0, 20887.0, 20857.0, 20875.0, 20876.0, 20911.0, 20868.0, 20890.0, 20850.0, 20856.0, 20868.0, 20901.0, 20892.0, 20886.0, 20937.0, 20888.0, 20885.0, 20814.0, 20832.0, 20824.0, 20828.0, 20872.0, 20815.0, 20869.0, 20869.0, 20841.0, 20835.0, 20862.0, 20921.0, 20871.0, 20891.0, 20855.0, 20830.0, 20829.0, 20821.0, 20866.0, 20827.0, 20869.0, 20804.0, 20815.0, 20810.0, 20845.0, 20821.0, 20858.0, 20867.0, 20872.0, 20863.0, 20905.0, 20869.0, 20848.0, 20872.0, 20858.0, 20879.0, 20852.0, 20868.0, 20866.0, 20877.0, 20847.0, 20934.0, 20878.0, 20858.0, 20884.0, 20858.0, 20885.0, 20867.0, 20865.0, 20847.0, 20903.0, 20875.0, 20927.0, 20885.0, 20830.0, 20854.0, 20836.0, 20859.0, 20860.0, 20873.0, 20848.0, 20873.0, 20884.0, 20870.0, 20861.0, 20864.0, 20816.0, 20829.0, 20816.0, 20844.0, 20804.0, 20802.0, 20786.0, 20837.0, 20812.0, 20851.0, 20864.0, 20830.0, 20842.0, 20845.0, 20838.0, 20790.0, 20794.0, 20798.0, 20782.0, 20774.0, 20832.0, 20798.0, 20824.0, 20805.0, 21035.0, 20921.0, 20891.0, 20815.0, 20804.0, 20810.0, 20819.0, 20814.0, 20814.0, 20816.0, 20837.0, 20826.0, 20858.0, 20857.0, 20817.0, 20825.0, 20861.0, 20839.0, 20827.0, 20855.0, 20836.0, 20860.0, 20900.0, 20841.0, 20835.0, 20841.0, 20828.0, 20832.0, 20836.0, 20865.0, 20889.0, 20901.0, 20886.0, 20818.0, 20833.0, 20844.0, 20748.0, 20813.0, 20785.0, 20805.0, 20801.0, 20815.0, 20834.0, 20788.0, 20820.0, 20870.0, 20850.0, 20867.0, 20868.0, 20876.0, 20854.0, 20865.0, 20855.0, 20914.0, 20896.0, 20883.0, 20880.0, 20908.0, 20862.0, 20857.0, 20856.0, 20882.0, 20855.0, 20816.0, 20839.0, 20816.0, 20853.0, 20831.0, 20824.0, 20813.0, 20874.0, 20832.0, 20826.0, 20883.0, 20796.0, 20843.0, 20823.0, 20835.0, 20858.0, 20850.0, 20858.0, 20848.0, 20824.0, 20804.0, 20827.0]}, "slices": {}}}