{"AcquisitionMatrixPE": 128, "AcquisitionNumber": 1, "AcquisitionTime": "07:49:3.122500", "BandwidthPerPixelPhaseEncode": 20.292, "BaseResolution": 128, "BodyPartExamined": "BRAIN", "ConsistencyInfo": "N4_VD11D_LATEST_20110129", "ConversionSoftware": "dcm2niix", "ConversionSoftwareVersion": "v1.0.20210317", "DerivedVendorReportedEchoSpacing": 0.000770008, "DeviceSerialNumber": "45239", "DiffusionScheme": "Monopolar", "DwellTime": 2.4e-06, "EchoTime": 0.092, "EchoTrainLength": 51, "EffectiveEchoSpacing": 0.000385004, "FlipAngle": 90, "ImageComments": "Unaliased MB3/PE3", "ImageOrientationPatientDICOM": [1, -1e-16, 0, 1e-16, 1, 0], "ImageType": ["ORIGINAL", "PRIMARY", "DIFFUSION", "NONE", "ND", "NORM", "MOSAIC"], "ImagingFrequency": 123.193, "InPlanePhaseEncodingDirectionDICOM": "ROW", "InstitutionAddress": "E 24th St. 100,Austin,Southmiddle,US,78712", "InstitutionName": "Univ of Texas at Austin", "InstitutionalDepartmentName": "IRC", "MRAcquisitionType": "2D", "MagneticFieldStrength": 3, "Manufacturer": "Siemens", "ManufacturersModelName": "Skyra", "Modality": "MR", "MultibandAccelerationFactor": 3, "ParallelReductionFactorInPlane": 2, "PartialFourier": 0.75, "PatientPosition": "HFS", "PercentPhaseFOV": 100, "PercentSampling": 100, "PhaseEncodingDirection": "i-", "PhaseEncodingSteps": 102, "PhaseResolution": 1, "PixelBandwidth": 1630, "ProcedureStepDescription": "Poldrack2^self-scanning", "ProtocolName": "MBEPI with MDDW L-R", "PulseSequenceDetails": "%CustomerSeq%\\cmrr_mbep2d_diff", "ReceiveCoilActiveElements": "HEA;HEP", "ReceiveCoilName": "Head_32", "ReconMatrixPE": 128, "RefLinesPE": 76, "RepetitionTime": 5, "SAR": 0.139377, "ScanOptions": "PFP\\FS", "ScanningSequence": "EP", "SequenceName": "ep_b5#1", "SequenceVariant": "SK", "SeriesDescription": "MBEPI with MDDW L-R", "SeriesNumber": 16, "ShimSetting": [-2778, 8045, -15475, 189, -213, 138, 230, -52], "SliceThickness": 1.7, "SliceTiming": [0, 3.6375, 2.2975, 0.9575, 4.595, 3.255, 1.915, 0.575, 4.2125, 2.8725, 1.5325, 0.19, 3.83, 2.49, 1.15, 4.7875, 3.4475, 2.1075, 0.765, 4.405, 3.065, 1.7225, 0.3825, 4.0225, 2.68, 1.34, 0, 3.6375, 2.2975, 0.9575, 4.595, 3.255, 1.915, 0.575, 4.2125, 2.8725, 1.5325, 0.19, 3.83, 2.49, 1.15, 4.7875, 3.4475, 2.1075, 0.765, 4.405, 3.065, 1.7225, 0.3825, 4.0225, 2.68, 1.34, 0, 3.6375, 2.2975, 0.9575, 4.595, 3.255, 1.915, 0.575, 4.2125, 2.8725, 1.5325, 0.19, 3.83, 2.49, 1.15, 4.7875, 3.4475, 2.1075, 0.765, 4.405, 3.065, 1.7225, 0.3825, 4.0225, 2.68, 1.34], "SoftwareVersions": "syngo MR D11", "SpacingBetweenSlices": 1.7, "StationName": "AWP45239", "TotalReadoutTime": 0.0488955, "TxRefAmp": 333.097, "WipMemBlock": "a044f1da-7117-467d-8f42-4bc0cf58549a||Sequence: VD11D r206; Feb 13 2013 19:01:47 by eja", "dcmmeta_affine": [[-1.7421875, 1.7421875567777916e-16, 0.0, 111.5], [1.7421875567777916e-16, 1.7421875, 0.0, -115.20575714111328], [0.0, 0.0, 1.7000000476837158, -27.314407348632812], [0.0, 0.0, 0.0, 1.0]], "dcmmeta_reorient_transform": [[0.0, -1.0, 0.0, 127.0], [1.0, 0.0, 0.0, 0.0], [0.0, 0.0, 1.0, 0.0], [0.0, 0.0, 0.0, 1.0]], "dcmmeta_shape": [128, 128, 78, 64], "dcmmeta_slice_dim": 2, "dcmmeta_version": 0.6, "global": {"const": {"AcquisitionMatrix": [0, 128, 128, 0], "AngioFlag": "N", "BitsAllocated": 16, "BitsStored": 16, "BodyPartExamined": "BRAIN", "Columns": 1152, "EchoNumbers": 1, "EchoTime": 92.0, "EchoTrainLength": 51, "FlipAngle": 90.0, "HighBit": 15, "ImageOrientationPatient": [1.0, -1e-16, 0.0, 1e-16, 1.0, 0.0], "ImagePositionPatient": [-1003.5, -998.05205821991, -27.314407348633], "ImageType": ["ORIGINAL", "PRIMARY", "DIFFUSION", "NONE", "ND", "NORM", "MOSAIC"], "ImagedNucleus": "1H", "ImagingFrequency": 123.192931, "InPlanePhaseEncodingDirection": "ROW", "MRAcquisitionType": "2D", "MagneticFieldStrength": 3.0, "Manufacturer": "SIEMENS", "ManufacturerModelName": "Skyra", "Modality": "MR", "NumberOfAverages": 1.0, "NumberOfPhaseEncodingSteps": 102, "PercentPhaseFieldOfView": 100.0, "PercentSampling": 100.0, "PerformedProcedureStepStartTime": "071302.546000", "PhotometricInterpretation": "MONOCHROME2", "PixelBandwidth": 1630.0, "PixelRepresentation": 0, "PixelSpacing": [1.7421875, 1.7421875], "ProtocolName": "MBEPI with MDDW L-R", "RepetitionTime": 5000.0, "Rows": 1152, "SAR": 0.13937653236917, "SamplesPerPixel": 1, "ScanOptions": ["PFP", "FS"], "ScanningSequence": "EP", "SequenceVariant": "SK", "SeriesDescription": "MBEPI with MDDW L-R", "SeriesNumber": 16, "SeriesTime": "075034.140000", "SliceLocation": -27.314407348633, "SliceThickness": 1.7000000476837, "SmallestImagePixelValue": 0, "SoftwareVersions": "syngo MR D11", "SpacingBetweenSlices": 1.7000000198166, "SpecificCharacterSet": "ISO_IR 100", "StudyID": "1", "StudyTime": "071302.515000", "TransmitCoilName": "Body", "VariableFlipAngleFlag": "N", "WindowCenterWidthExplanation": "Algo1", "dBdt": 0.0}, "slices": {}}, "time": {"samples": {"AcquisitionNumber": [1, 2, 3, 4, 5, 6, 7, 8, 9, 10, 11, 12, 13, 14, 15, 16, 17, 18, 19, 20, 21, 22, 23, 24, 25, 26, 27, 28, 29, 30, 31, 32, 33, 34, 35, 36, 37, 38, 39, 40, 41, 42, 43, 44, 45, 46, 47, 48, 49, 50, 51, 52, 53, 54, 55, 56, 57, 58, 59, 60, 61, 62, 63, 64], "AcquisitionTime": ["074903.122500", "075033.122500", "075038.122500", "075043.122500", "075048.122500", "075053.122500", "075058.122500", "075103.122500", "075108.122500", "075113.122500", "075118.122500", "075123.122500", "075128.122500", "075133.122500", "075138.122500", "075143.122500", "075148.122500", "075153.122500", "075158.122500", "075203.122500", "075208.122500", "075213.122500", "075218.122500", "075223.122500", "075228.122500", "075233.122500", "075238.122500", "075243.122500", "075248.122500", "075253.122500", "075258.122500", "075303.122500", "075308.122500", "075313.122500", "075318.122500", "075323.122500", "075328.122500", "075333.122500", "075338.122500", "075343.122500", "075348.122500", "075353.122500", "075358.122500", "075403.122500", "075408.122500", "075413.122500", "075418.122500", "075423.122500", "075428.122500", "075433.122500", "075438.122500", "075443.122500", "075448.122500", "075453.122500", "075458.122500", "075503.122500", "075508.122500", "075513.122500", "075518.122500", "075523.122500", "075528.122500", "075533.122500", "075538.122500", "075543.122500"], "ContentTime": ["075034.140000", "075039.343000", "075044.343000", "075049.343000", "075054.343000", "075059.343000", "075104.343000", "075109.343000", "075114.343000", "075119.343000", "075124.343000", "075129.343000", "075134.343000", "075139.343000", "075144.343000", "075149.343000", "075154.343000", "075159.343000", "075204.343000", "075209.343000", "075214.343000", "075219.343000", "075224.343000", "075229.343000", "075234.343000", "075239.343000", "075244.343000", "075249.343000", "075254.343000", "075259.343000", "075304.343000", "075309.343000", "075314.343000", "075319.343000", "075324.343000", "075329.343000", "075334.343000", "075339.343000", "075344.343000", "075349.343000", "075354.343000", "075359.343000", "075404.343000", "075409.343000", "075414.343000", "075419.343000", "075424.343000", "075429.343000", "075434.343000", "075439.343000", "075444.343000", "075449.343000", "075454.343000", "075459.343000", "075504.343000", "075509.343000", "075514.343000", "075519.343000", "075524.343000", "075529.343000", "075534.343000", "075539.343000", "075544.343000", "075549.093000"], "InstanceCreationTime": ["075034.140000", "075039.343000", "075044.343000", "075049.343000", "075054.343000", "075059.343000", "075104.343000", "075109.343000", "075114.343000", "075119.343000", "075124.343000", "075129.343000", "075134.343000", "075139.343000", "075144.343000", "075149.343000", "075154.343000", "075159.343000", "075204.343000", "075209.343000", "075214.343000", "075219.343000", "075224.343000", "075229.343000", "075234.343000", "075239.343000", "075244.343000", "075249.343000", "075254.343000", "075259.343000", "075304.343000", "075309.343000", "075314.343000", "075319.343000", "075324.343000", "075329.343000", "075334.343000", "075339.343000", "075344.343000", "075349.343000", "075354.343000", "075359.343000", "075404.343000", "075409.343000", "075414.343000", "075419.343000", "075424.343000", "075429.343000", "075434.343000", "075439.343000", "075444.343000", "075449.343000", "075454.343000", "075459.343000", "075504.343000", "075509.343000", "075514.343000", "075519.343000", "075524.343000", "075529.343000", "075534.343000", "075539.343000", "075544.343000", "075549.093000"], "InstanceNumber": [1, 2, 3, 4, 5, 6, 7, 8, 9, 10, 11, 12, 13, 14, 15, 16, 17, 18, 19, 20, 21, 22, 23, 24, 25, 26, 27, 28, 29, 30, 31, 32, 33, 34, 35, 36, 37, 38, 39, 40, 41, 42, 43, 44, 45, 46, 47, 48, 49, 50, 51, 52, 53, 54, 55, 56, 57, 58, 59, 60, 61, 62, 63, 64], "LargestImagePixelValue": [58466, 24976, 24141, 25517, 22222, 21548, 22968, 22241, 26699, 25972, 20959, 22115, 25079, 23402, 26253, 25038, 54784, 21078, 19825, 23543, 24263, 25812, 26436, 22778, 19720, 20911, 23264, 25773, 25726, 25266, 24710, 24033, 59019, 12713, 13090, 15030, 12042, 10225, 11586, 12111, 15616, 15612, 11393, 10023, 14226, 13353, 14002, 14871, 65535, 11943, 10345, 13348, 13025, 15982, 13845, 12184, 10189, 10860, 11691, 15215, 13516, 11689, 13077, 14198], "SequenceName": ["ep_b5#1", "ep_b995#2", "ep_b995#3", "ep_b995#4", "ep_b995#5", "ep_b1000#6", "ep_b1000#7", "ep_b995#8", "ep_b995#9", "ep_b995#10", "ep_b1000#11", "ep_b1000#12", "ep_b1005#13", "ep_b1005#14", "ep_b1000#15", "ep_b1005#16", "ep_b5#17", "ep_b1005#18", "ep_b1000#19", "ep_b1005#20", "ep_b1005#21", "ep_b995#22", "ep_b1005#23", "ep_b1000#24", "ep_b1000#25", "ep_b1000#26", "ep_b995#27", "ep_b995#28", "ep_b995#29", "ep_b1000#30", "ep_b1005#31", "ep_b1000#32", "ep_b5#1", "ep_b1990#2", "ep_b1990#3", "ep_b1990#4", "ep_b1995#5", "ep_b1995#6", "ep_b2000#7", "ep_b1995#8", "ep_b1990#9", "ep_b1995#10", "ep_b2000#11", "ep_b2000#12", "ep_b2010#13", "ep_b2005#14", "ep_b2000#15", "ep_b2005#16", "ep_b5#17", "ep_b2005#18", "ep_b2005#19", "ep_b2005#20", "ep_b2010#21", "ep_b1990#22", "ep_b2010#23", "ep_b2000#24", "ep_b2000#25", "ep_b1995#26", "ep_b1995#27", "ep_b1995#28", "ep_b1995#29", "ep_b2000#30", "ep_b2005#31", "ep_b2000#32"], "WindowCenter": [7542.0, 3404.0, 3402.0, 3434.0, 3373.0, 3363.0, 3405.0, 3406.0, 3438.0, 3436.0, 3420.0, 3398.0, 3437.0, 3437.0, 3442.0, 3453.0, 7529.0, 3433.0, 3414.0, 3443.0, 3433.0, 3466.0, 3450.0, 3409.0, 3383.0, 3344.0, 3365.0, 3447.0, 3391.0, 3412.0, 3460.0, 3445.0, 7542.0, 2221.0, 2235.0, 2296.0, 2188.0, 2178.0, 2240.0, 2239.0, 2298.0, 2312.0, 2253.0, 2214.0, 2314.0, 2299.0, 2315.0, 2316.0, 7606.0, 2285.0, 2243.0, 2295.0, 2297.0, 2333.0, 2301.0, 2235.0, 2210.0, 2189.0, 2201.0, 2305.0, 2232.0, 2248.0, 2315.0, 2326.0], "WindowWidth": [16647.0, 7816.0, 7806.0, 7877.0, 7743.0, 7712.0, 7813.0, 7812.0, 7890.0, 7882.0, 7841.0, 7786.0, 7884.0, 7883.0, 7896.0, 7920.0, 16636.0, 7863.0, 7815.0, 7878.0, 7863.0, 7944.0, 7911.0, 7805.0, 7752.0, 7673.0, 7719.0, 7892.0, 7768.0, 7811.0, 7916.0, 7879.0, 16633.0, 5404.0, 5429.0, 5558.0, 5332.0, 5322.0, 5448.0, 5445.0, 5565.0, 5595.0, 5475.0, 5409.0, 5596.0, 5568.0, 5606.0, 5607.0, 16752.0, 5543.0, 5472.0, 5557.0, 5560.0, 5643.0, 5576.0, 5433.0, 5393.0, 5337.0, 5353.0, 5567.0, 5421.0, 5451.0, 5608.0, 5622.0]}, "slices": {}}}