{"AcquisitionMatrixPE": 128, "AcquisitionNumber": 1, "AcquisitionTime": "07:41:25.720000", "BandwidthPerPixelPhaseEncode": 20.292, "BaseResolution": 128, "BodyPartExamined": "BRAIN", "ConsistencyInfo": "N4_VD11D_LATEST_20110129", "ConversionSoftware": "dcm2niix", "ConversionSoftwareVersion": "v1.0.20210317", "DerivedVendorReportedEchoSpacing": 0.000770008, "DeviceSerialNumber": "45239", "DiffusionScheme": "Monopolar", "DwellTime": 2.4e-06, "EchoTime": 0.092, "EchoTrainLength": 51, "EffectiveEchoSpacing": 0.000385004, "FlipAngle": 90, "ImageComments": "Unaliased MB3/PE3", "ImageOrientationPatientDICOM": [1, -2.05103e-10, 0, 2.05103e-10, 1, 0], "ImageType": ["ORIGINAL", "PRIMARY", "DIFFUSION", "NONE", "ND", "NORM", "MOSAIC"], "ImagingFrequency": 123.193, "InPlanePhaseEncodingDirectionDICOM": "ROW", "InstitutionAddress": "E 24th St. 100,Austin,Southmiddle,US,78712", "InstitutionName": "Univ of Texas at Austin", "InstitutionalDepartmentName": "IRC", "MRAcquisitionType": "2D", "MagneticFieldStrength": 3, "Manufacturer": "Siemens", "ManufacturersModelName": "Skyra", "Modality": "MR", "MultibandAccelerationFactor": 3, "ParallelReductionFactorInPlane": 2, "PartialFourier": 0.75, "PatientPosition": "HFS", "PercentPhaseFOV": 100, "PercentSampling": 100, "PhaseEncodingDirection": "i", "PhaseEncodingSteps": 102, "PhaseResolution": 1, "PixelBandwidth": 1630, "ProcedureStepDescription": "Poldrack2^self-scanning", "ProtocolName": "MBEPI with MDDW R-L", "PulseSequenceDetails": "%CustomerSeq%\\cmrr_mbep2d_diff", "ReceiveCoilActiveElements": "HEA;HEP", "ReceiveCoilName": "Head_32", "ReconMatrixPE": 128, "RefLinesPE": 76, "RepetitionTime": 5, "SAR": 0.139377, "ScanOptions": "PFP\\FS", "ScanningSequence": "EP", "SequenceName": "ep_b5#1", "SequenceVariant": "SK", "SeriesDescription": "MBEPI with MDDW R-L", "SeriesNumber": 13, "ShimSetting": [-2778, 8045, -15475, 189, -213, 138, 230, -52], "SliceThickness": 1.7, "SliceTiming": [0, 3.6375, 2.2975, 0.9575, 4.5975, 3.255, 1.915, 0.575, 4.2125, 2.8725, 1.5325, 0.1925, 3.83, 2.49, 1.15, 4.7875, 3.4475, 2.1075, 0.765, 4.405, 3.065, 1.7225, 0.3825, 4.0225, 2.68, 1.34, 0, 3.6375, 2.2975, 0.9575, 4.5975, 3.255, 1.915, 0.575, 4.2125, 2.8725, 1.5325, 0.1925, 3.83, 2.49, 1.15, 4.7875, 3.4475, 2.1075, 0.765, 4.405, 3.065, 1.7225, 0.3825, 4.0225, 2.68, 1.34, 0, 3.6375, 2.2975, 0.9575, 4.5975, 3.255, 1.915, 0.575, 4.2125, 2.8725, 1.5325, 0.1925, 3.83, 2.49, 1.15, 4.7875, 3.4475, 2.1075, 0.765, 4.405, 3.065, 1.7225, 0.3825, 4.0225, 2.68, 1.34], "SoftwareVersions": "syngo MR D11", "SpacingBetweenSlices": 1.7, "StationName": "AWP45239", "TotalReadoutTime": 0.0488955, "TxRefAmp": 333.097, "WipMemBlock": "116bcce4-248e-4abf-a3b3-93ef763ca568||Sequence: VD11D r206; Feb 13 2013 19:01:47 by eja", "dcmmeta_affine": [[-1.7421875, 3.573285833891049e-10, 0.0, 111.5], [3.573285833891049e-10, 1.7421875, 0.0, -115.20575714111328], [0.0, 0.0, 1.7000000476837158, -27.314407348632812], [0.0, 0.0, 0.0, 1.0]], "dcmmeta_reorient_transform": [[0.0, -1.0, 0.0, 127.0], [1.0, 0.0, 0.0, 0.0], [0.0, 0.0, 1.0, 0.0], [0.0, 0.0, 0.0, 1.0]], "dcmmeta_shape": [128, 128, 78, 64], "dcmmeta_slice_dim": 2, "dcmmeta_version": 0.6, "global": {"const": {"AcquisitionMatrix": [0, 128, 128, 0], "AngioFlag": "N", "BitsAllocated": 16, "BitsStored": 16, "BodyPartExamined": "BRAIN", "Columns": 1152, "EchoNumbers": 1, "EchoTime": 92.0, "EchoTrainLength": 51, "FlipAngle": 90.0, "HighBit": 15, "ImageOrientationPatient": [1.0, -2.051034e-10, 0.0, 2.051034e-10, 1.0, 0.0], "ImagePositionPatient": [-1003.5000002058, -998.05205801409, -27.314407348633], "ImageType": ["ORIGINAL", "PRIMARY", "DIFFUSION", "NONE", "ND", "NORM", "MOSAIC"], "ImagedNucleus": "1H", "ImagingFrequency": 123.192917, "InPlanePhaseEncodingDirection": "ROW", "MRAcquisitionType": "2D", "MagneticFieldStrength": 3.0, "Manufacturer": "SIEMENS", "ManufacturerModelName": "Skyra", "Modality": "MR", "NumberOfAverages": 1.0, "NumberOfPhaseEncodingSteps": 102, "PercentPhaseFieldOfView": 100.0, "PercentSampling": 100.0, "PerformedProcedureStepStartTime": "071302.546000", "PhotometricInterpretation": "MONOCHROME2", "PixelBandwidth": 1630.0, "PixelRepresentation": 0, "PixelSpacing": [1.7421875, 1.7421875], "ProtocolName": "MBEPI with MDDW R-L", "RepetitionTime": 5000.0, "Rows": 1152, "SAR": 0.13937653236917, "SamplesPerPixel": 1, "ScanOptions": ["PFP", "FS"], "ScanningSequence": "EP", "SequenceVariant": "SK", "SeriesDescription": "MBEPI with MDDW R-L", "SeriesNumber": 13, "SeriesTime": "074256.968000", "SliceLocation": -27.314407348633, "SliceThickness": 1.7000000476837, "SmallestImagePixelValue": 0, "SoftwareVersions": "syngo MR D11", "SpacingBetweenSlices": 1.7000000198166, "SpecificCharacterSet": "ISO_IR 100", "StudyID": "1", "StudyTime": "071302.515000", "TransmitCoilName": "Body", "VariableFlipAngleFlag": "N", "WindowCenterWidthExplanation": "Algo1", "dBdt": 0.0}, "slices": {}}, "time": {"samples": {"AcquisitionNumber": [1, 2, 3, 4, 5, 6, 7, 8, 9, 10, 11, 12, 13, 14, 15, 16, 17, 18, 19, 20, 21, 22, 23, 24, 25, 26, 27, 28, 29, 30, 31, 32, 33, 34, 35, 36, 37, 38, 39, 40, 41, 42, 43, 44, 45, 46, 47, 48, 49, 50, 51, 52, 53, 54, 55, 56, 57, 58, 59, 60, 61, 62, 63, 64], "AcquisitionTime": ["074125.720000", "074255.720000", "074300.720000", "074305.720000", "074310.720000", "074315.720000", "074320.720000", "074325.720000", "074330.720000", "074335.720000", "074340.720000", "074345.720000", "074350.720000", "074355.720000", "074400.720000", "074405.720000", "074410.720000", "074415.720000", "074420.720000", "074425.720000", "074430.720000", "074435.720000", "074440.720000", "074445.720000", "074450.720000", "074455.720000", "074500.720000", "074505.720000", "074510.720000", "074515.720000", "074520.720000", "074525.720000", "074530.720000", "074535.720000", "074540.720000", "074545.720000", "074550.720000", "074555.720000", "074600.720000", "074605.720000", "074610.720000", "074615.720000", "074620.720000", "074625.720000", "074630.720000", "074635.720000", "074640.720000", "074645.720000", "074650.720000", "074655.720000", "074700.720000", "074705.720000", "074710.720000", "074715.720000", "074720.720000", "074725.720000", "074730.720000", "074735.720000", "074740.720000", "074745.720000", "074750.720000", "074755.720000", "074800.720000", "074805.720000"], "ContentTime": ["074256.968000", "074304.609000", "074309.609000", "074314.609000", "074319.609000", "074324.609000", "074329.609000", "074334.609000", "074339.609000", "074344.609000", "074349.609000", "074354.609000", "074359.609000", "074404.609000", "074409.609000", "074414.609000", "074419.609000", "074424.609000", "074429.609000", "074434.609000", "074439.609000", "074444.609000", "074449.609000", "074454.609000", "074459.609000", "074504.609000", "074509.609000", "074514.609000", "074519.609000", "074524.609000", "074529.609000", "074534.609000", "074539.609000", "074544.609000", "074549.609000", "074554.609000", "074559.609000", "074604.609000", "074609.609000", "074614.609000", "074619.609000", "074624.609000", "074629.609000", "074634.609000", "074639.609000", "074644.609000", "074649.609000", "074654.609000", "074659.609000", "074704.609000", "074709.609000", "074714.609000", "074719.609000", "074724.609000", "074729.609000", "074734.609000", "074739.609000", "074744.609000", "074749.609000", "074754.609000", "074759.609000", "074804.609000", "074809.609000", "074811.984000"], "InstanceCreationTime": ["074256.968000", "074304.609000", "074309.609000", "074314.609000", "074319.609000", "074324.609000", "074329.609000", "074334.609000", "074339.609000", "074344.609000", "074349.609000", "074354.609000", "074359.609000", "074404.609000", "074409.609000", "074414.609000", "074419.609000", "074424.609000", "074429.609000", "074434.609000", "074439.609000", "074444.609000", "074449.609000", "074454.609000", "074459.609000", "074504.609000", "074509.609000", "074514.609000", "074519.609000", "074524.609000", "074529.609000", "074534.609000", "074539.609000", "074544.609000", "074549.609000", "074554.609000", "074559.609000", "074604.609000", "074609.609000", "074614.609000", "074619.609000", "074624.609000", "074629.609000", "074634.609000", "074639.609000", "074644.609000", "074649.609000", "074654.609000", "074659.609000", "074704.609000", "074709.609000", "074714.609000", "074719.609000", "074724.609000", "074729.609000", "074734.609000", "074739.609000", "074744.609000", "074749.609000", "074754.609000", "074759.609000", "074804.609000", "074809.609000", "074811.984000"], "InstanceNumber": [1, 2, 3, 4, 5, 6, 7, 8, 9, 10, 11, 12, 13, 14, 15, 16, 17, 18, 19, 20, 21, 22, 23, 24, 25, 26, 27, 28, 29, 30, 31, 32, 33, 34, 35, 36, 37, 38, 39, 40, 41, 42, 43, 44, 45, 46, 47, 48, 49, 50, 51, 52, 53, 54, 55, 56, 57, 58, 59, 60, 61, 62, 63, 64], "LargestImagePixelValue": [60082, 17222, 18268, 20213, 17078, 17661, 19607, 17330, 17784, 18397, 18925, 16758, 22193, 20575, 20556, 19817, 65535, 20274, 18124, 21426, 21479, 19921, 21671, 17988, 16487, 16031, 18324, 19871, 18823, 19771, 20315, 19672, 65535, 9925, 10552, 11027, 8324, 8370, 9190, 8480, 10358, 9314, 9509, 8439, 11778, 11528, 11136, 11593, 65535, 10874, 8769, 10405, 11479, 12980, 11930, 9405, 9109, 8534, 9725, 12108, 10313, 10277, 11904, 11251], "SequenceName": ["ep_b5#1", "ep_b995#2", "ep_b995#3", "ep_b995#4", "ep_b995#5", "ep_b1000#6", "ep_b1000#7", "ep_b995#8", "ep_b995#9", "ep_b995#10", "ep_b1000#11", "ep_b1000#12", "ep_b1005#13", "ep_b1005#14", "ep_b1000#15", "ep_b1005#16", "ep_b5#17", "ep_b1005#18", "ep_b1000#19", "ep_b1005#20", "ep_b1005#21", "ep_b995#22", "ep_b1005#23", "ep_b1000#24", "ep_b1000#25", "ep_b1000#26", "ep_b995#27", "ep_b995#28", "ep_b995#29", "ep_b1000#30", "ep_b1005#31", "ep_b1000#32", "ep_b5#1", "ep_b1990#2", "ep_b1990#3", "ep_b1990#4", "ep_b1995#5", "ep_b1995#6", "ep_b2000#7", "ep_b1995#8", "ep_b1990#9", "ep_b1995#10", "ep_b2000#11", "ep_b2000#12", "ep_b2010#13", "ep_b2005#14", "ep_b2000#15", "ep_b2005#16", "ep_b5#17", "ep_b2005#18", "ep_b2005#19", "ep_b2005#20", "ep_b2010#21", "ep_b1990#22", "ep_b2010#23", "ep_b2000#24", "ep_b2000#25", "ep_b1995#26", "ep_b1995#27", "ep_b1995#28", "ep_b1995#29", "ep_b2000#30", "ep_b2005#31", "ep_b2000#32"], "WindowCenter": [7652.0, 3360.0, 3361.0, 3411.0, 3327.0, 3348.0, 3398.0, 3355.0, 3403.0, 3400.0, 3383.0, 3366.0, 3415.0, 3425.0, 3415.0, 3430.0, 7695.0, 3415.0, 3394.0, 3402.0, 3433.0, 3453.0, 3422.0, 3390.0, 3359.0, 3339.0, 3345.0, 3428.0, 3365.0, 3407.0, 3422.0, 3439.0, 7675.0, 2192.0, 2195.0, 2261.0, 2135.0, 2152.0, 2210.0, 2182.0, 2244.0, 2243.0, 2209.0, 2186.0, 2281.0, 2279.0, 2285.0, 2299.0, 7728.0, 2253.0, 2204.0, 2258.0, 2270.0, 2317.0, 2270.0, 2202.0, 2201.0, 2152.0, 2167.0, 2290.0, 2200.0, 2230.0, 2299.0, 2291.0], "WindowWidth": [16854.0, 7710.0, 7715.0, 7826.0, 7639.0, 7667.0, 7775.0, 7693.0, 7791.0, 7779.0, 7742.0, 7712.0, 7815.0, 7825.0, 7813.0, 7845.0, 16930.0, 7812.0, 7761.0, 7790.0, 7849.0, 7900.0, 7839.0, 7765.0, 7706.0, 7661.0, 7680.0, 7859.0, 7731.0, 7806.0, 7839.0, 7874.0, 16873.0, 5339.0, 5352.0, 5496.0, 5232.0, 5275.0, 5385.0, 5329.0, 5451.0, 5454.0, 5385.0, 5352.0, 5516.0, 5515.0, 5543.0, 5567.0, 17009.0, 5469.0, 5392.0, 5489.0, 5503.0, 5601.0, 5506.0, 5382.0, 5379.0, 5274.0, 5299.0, 5554.0, 5372.0, 5433.0, 5569.0, 5562.0]}, "slices": {}}}