{"AcquisitionMatrixPE": 96, "AcquisitionNumber": 1, "AcquisitionTime": "17:08:55.835000", "BandwidthPerPixelPhaseEncode": 33.602, "BaseResolution": 96, "BodyPartExamined": "BRAIN", "ConsistencyInfo": "N4_VD11D_LATEST_20110129", "ConversionSoftware": "dcm2niix", "ConversionSoftwareVersion": "v1.0.20210317", "DerivedVendorReportedEchoSpacing": 0.000620003, "DeviceSerialNumber": "45239", "DwellTime": 2.6e-06, "EchoTime": 0.036, "EchoTrainLength": 48, "EffectiveEchoSpacing": 0.000310001, "FlipAngle": 90, "ImageOrientationPatientDICOM": [0.996801, 0.0150999, 0.0784814, 0.0152153, 0.928175, -0.371833], "ImageType": ["ORIGINAL", "PRIMARY", "M", "ND", "NORM", "MOSAIC"], "ImagingFrequency": 123.193, "InPlanePhaseEncodingDirectionDICOM": "COL", "InstitutionAddress": "E 24th St. 100,Austin,Southmiddle,US,78712", "InstitutionName": "Univ of Texas at Austin", "InstitutionalDepartmentName": "IRC", "MRAcquisitionType": "2D", "MagneticFieldStrength": 3, "Manufacturer": "Siemens", "ManufacturersModelName": "Skyra", "Modality": "MR", "ParallelReductionFactorInPlane": 2, "PartialFourier": 1, "PatientPosition": "HFS", "PercentPhaseFOV": 100, "PercentSampling": 100, "PhaseEncodingDirection": "j-", "PhaseEncodingSteps": 96, "PhaseResolution": 1, "PixelBandwidth": 2005, "ProcedureStepDescription": "Poldrack2^self-scanning", "ProtocolName": "MB-SE_FieldMap_A-P", "PulseSequenceDetails": "%CustomerSeq%\\cmrr_mbep2d_se", "ReceiveCoilActiveElements": "HEA;HEP", "ReceiveCoilName": "Head_32", "ReconMatrixPE": 96, "RefLinesPE": 48, "RepetitionTime": 4.55, "SAR": 0.339652, "ScanOptions": "FS", "ScanningSequence": "EP", "SequenceName": "epse2d1_96", "SequenceVariant": "SK", "SeriesDescription": "MB-SE_FieldMap_A-P", "SeriesNumber": 6, "ShimSetting": [-2779, 8113, -15461, 139, -246, 180, 93, -98], "SliceThickness": 2, "SliceTiming": [2.275, 0, 2.3425, 0.0675, 2.41, 0.135, 2.4775, 0.2025, 2.5425, 0.27, 2.61, 0.335, 2.6775, 0.4025, 2.745, 0.47, 2.81, 0.5375, 2.8775, 0.6025, 2.945, 0.67, 3.0125, 0.7375, 3.0775, 0.805, 3.145, 0.87, 3.2125, 0.9375, 3.28, 1.005, 3.345, 1.0725, 3.4125, 1.1375, 3.48, 1.205, 3.5475, 1.2725, 3.615, 1.34, 3.68, 1.405, 3.7475, 1.4725, 3.815, 1.54, 3.8825, 1.6075, 3.9475, 1.6725, 4.015, 1.74, 4.0825, 1.8075, 4.15, 1.875, 4.215, 1.9425, 4.2825, 2.0075, 4.35, 2.075, 4.4175, 2.1425, 4.4825, 2.21], "SoftwareVersions": "syngo MR D11", "SpacingBetweenSlices": 2.4, "StationName": "AWP45239", "TotalReadoutTime": 0.0294501, "TxRefAmp": 333.265, "WipMemBlock": "4c5500ec-9389-4860-b6d8-746592d22ab6||Sequence: VD11D r196; Dec  8 2012 22:11:06 by IDEA", "dcmmeta_affine": [[-2.388169527053833, 0.036453403532505035, 0.18830186128616333, 112.87345123291016], [-0.03617681562900543, 2.223752021789551, -0.8924111723899841, -90.68699645996094], [0.18802836537361145, 0.8908505439758301, 2.219942569732666, -90.91815185546875], [0.0, 0.0, 0.0, 1.0]], "dcmmeta_reorient_transform": [[0.0, -1.0, 0.0, 95.0], [1.0, 0.0, 0.0, 0.0], [0.0, 0.0, 1.0, 0.0], [0.0, 0.0, 0.0, 1.0]], "dcmmeta_shape": [96, 96, 68, 5], "dcmmeta_slice_dim": 2, "dcmmeta_version": 0.6, "global": {"const": {"AcquisitionMatrix": [96, 0, 0, 96], "AngioFlag": "N", "BitsAllocated": 16, "BitsStored": 16, "BodyPartExamined": "BRAIN", "Columns": 864, "EchoNumbers": 1, "EchoTime": 36.0, "EchoTrainLength": 48, "FlipAngle": 90.0, "HighBit": 15, "ImageOrientationPatient": [0.99680121481872, 0.01509988847406, 0.078481408652, 0.01521533428529, 0.9281748227608, -0.3718332852174], "ImagePositionPatient": [-1047.3917203504, -988.38216064089, 263.59637028408], "ImageType": ["ORIGINAL", "PRIMARY", "M", "ND", "NORM", "MOSAIC"], "ImagedNucleus": "1H", "ImagingFrequency": 123.19334, "InPlanePhaseEncodingDirection": "COL", "MRAcquisitionType": "2D", "MagneticFieldStrength": 3.0, "Manufacturer": "SIEMENS", "ManufacturerModelName": "Skyra", "Modality": "MR", "NumberOfAverages": 1.0, "NumberOfPhaseEncodingSteps": 96, "PercentPhaseFieldOfView": 100.0, "PercentSampling": 100.0, "PerformedProcedureStepStartTime": "165957.375000", "PhotometricInterpretation": "MONOCHROME2", "PixelBandwidth": 2005.0, "PixelRepresentation": 0, "PixelSpacing": [2.3958332538605, 2.3958332538605], "ProtocolName": "MB-SE_FieldMap_A-P", "RepetitionTime": 4550.0, "Rows": 864, "SAR": 0.33965196050545, "SamplesPerPixel": 1, "ScanOptions": "FS", "ScanningSequence": "EP", "SequenceName": "epse2d1_96", "SequenceVariant": "SK", "SeriesDescription": "MB-SE_FieldMap_A-P", "SeriesNumber": 6, "SeriesTime": "170917.359000", "SliceLocation": -41.520289372057, "SliceThickness": 2.0, "SmallestImagePixelValue": 0, "SoftwareVersions": "syngo MR D11", "SpacingBetweenSlices": 2.3999999579755, "SpecificCharacterSet": "ISO_IR 100", "StudyID": "1", "StudyTime": "165957.343000", "TransmitCoilName": "Body", "VariableFlipAngleFlag": "N", "WindowCenterWidthExplanation": "Algo1", "dBdt": 0.0}, "slices": {}}, "time": {"samples": {"AcquisitionNumber": [1, 2, 3, 4, 5], "AcquisitionTime": ["170855.835000", "170900.385000", "170904.935000", "170909.485000", "170914.035000"], "ContentTime": ["170917.359000", "170917.359000", "170917.359000", "170917.359000", "170917.375000"], "InstanceCreationTime": ["170917.359000", "170917.359000", "170917.359000", "170917.359000", "170917.375000"], "InstanceNumber": [1, 2, 3, 4, 5], "LargestImagePixelValue": [52704, 53806, 52220, 53734, 51909], "WindowCenter": [7395.0, 7406.0, 7407.0, 7413.0, 7407.0], "WindowWidth": [15732.0, 15777.0, 15775.0, 15783.0, 15776.0]}, "slices": {}}}