{"AcquisitionMatrixPE": 96, "AcquisitionNumber": 1, "AcquisitionTime": "07:53:11.525000", "BandwidthPerPixelPhaseEncode": 33.602, "BaseResolution": 96, "BodyPartExamined": "BRAIN", "ConsistencyInfo": "N4_VD11D_LATEST_20110129", "ConversionSoftware": "dcm2niix", "ConversionSoftwareVersion": "v1.0.20210317", "DerivedVendorReportedEchoSpacing": 0.000620003, "DeviceSerialNumber": "45239", "DwellTime": 2.6e-06, "EchoTime": 0.03, "EchoTrainLength": 48, "EffectiveEchoSpacing": 0.000310001, "FlipAngle": 63, "ImageComments": "Unaliased MB4/PE3", "ImageOrientationPatientDICOM": [0.99962, 0.0245058, -0.0126484, -0.0275775, 0.888279, -0.458475], "ImageType": ["ORIGINAL", "PRIMARY", "M", "ND", "NORM", "MOSAIC"], "ImagingFrequency": 123.193, "InPlanePhaseEncodingDirectionDICOM": "COL", "InstitutionAddress": "E 24th St. 100,Austin,Southmiddle,US,78712", "InstitutionName": "Univ of Texas at Austin", "InstitutionalDepartmentName": "IRC", "MRAcquisitionType": "2D", "MagneticFieldStrength": 3, "Manufacturer": "Siemens", "ManufacturersModelName": "Skyra", "Modality": "MR", "MultibandAccelerationFactor": 4, "ParallelReductionFactorInPlane": 2, "PartialFourier": 1, "PatientPosition": "HFS", "PercentPhaseFOV": 100, "PercentSampling": 100, "PhaseEncodingDirection": "j-", "PhaseEncodingSteps": 96, "PhaseResolution": 1, "PixelBandwidth": 2005, "ProcedureStepDescription": "Poldrack2^self-scanning", "ProtocolName": "Resting State fMRI MBEPI_matrix96_BW2004", "PulseSequenceDetails": "%CustomerSeq%\\cmrr_mbep2d_bold", "ReceiveCoilActiveElements": "HEA;HEP", "ReceiveCoilName": "Head_32", "ReconMatrixPE": 96, "RefLinesPE": 94, "RepetitionTime": 1.16, "SAR": 0.105617, "ScanOptions": "FS", "ScanningSequence": "EP", "SequenceName": "epfid2d1_96", "SequenceVariant": "SK", "SeriesDescription": "Resting State fMRI MBEPI_matrix96_BW2004", "SeriesNumber": 6, "ShimSetting": [-2763, 8032, -15406, 128, -155, 12, 284, -107], "SliceThickness": 2, "SliceTiming": [0, 0.4975, 0.995, 0.355, 0.8525, 0.2125, 0.71, 0.07, 0.57, 1.0675, 0.4275, 0.925, 0.285, 0.7825, 0.1425, 0.64, 0, 0.4975, 0.995, 0.355, 0.8525, 0.2125, 0.71, 0.07, 0.57, 1.0675, 0.4275, 0.925, 0.285, 0.7825, 0.1425, 0.64, 0, 0.4975, 0.995, 0.355, 0.8525, 0.2125, 0.71, 0.07, 0.57, 1.0675, 0.4275, 0.925, 0.285, 0.7825, 0.1425, 0.64, 0, 0.4975, 0.995, 0.355, 0.8525, 0.2125, 0.71, 0.07, 0.57, 1.0675, 0.4275, 0.925, 0.285, 0.7825, 0.1425, 0.64], "SoftwareVersions": "syngo MR D11", "SpacingBetweenSlices": 2.4, "StationName": "AWP45239", "TaskName": "Resting fmri", "TotalReadoutTime": 0.0294501, "TxRefAmp": 346.556, "WipMemBlock": "157d4cc9-454e-46b9-8b7d-c21b9fdb655d||Sequence: VD11D r206; Feb 13 2013 18:52:04 by eja", "dcmmeta_affine": [[-2.3949220180511475, -0.06607100367546082, -4.983556234350317e-09, 120.6769790649414], [-0.05871182680130005, 2.128169059753418, -1.1007589101791382, -80.9295425415039], [-0.030303440988063812, 1.0984299182891846, 2.132681369781494, -69.70854187011719], [0.0, 0.0, 0.0, 1.0]], "dcmmeta_reorient_transform": [[0.0, -1.0, 0.0, 95.0], [1.0, 0.0, 0.0, 0.0], [0.0, 0.0, 1.0, 0.0], [0.0, 0.0, 0.0, 1.0]], "dcmmeta_shape": [96, 96, 64, 518], "dcmmeta_slice_dim": 2, "dcmmeta_version": 0.6, "global": {"const": {"AcquisitionMatrix": [96, 0, 0, 96], "AngioFlag": "N", "BitsAllocated": 16, "BitsStored": 16, "BodyPartExamined": "BRAIN", "Columns": 768, "EchoNumbers": 1, "EchoTime": 30.0, "EchoTrainLength": 48, "FlipAngle": 63.0, "HighBit": 15, "ImageOrientationPatient": [0.99961966944897, 0.02450580751428, -0.0126483931314, -0.027577462732, 0.88827925895374, -0.4584751265465], "ImagePositionPatient": [-896.89418652446, -856.03846315299, 413.89672225219], "ImageType": ["ORIGINAL", "PRIMARY", "M", "ND", "NORM", "MOSAIC"], "ImagedNucleus": "1H", "ImagingFrequency": 123.19315, "InPlanePhaseEncodingDirection": "COL", "MRAcquisitionType": "2D", "MagneticFieldStrength": 3.0, "Manufacturer": "SIEMENS", "ManufacturerModelName": "Skyra", "Modality": "MR", "NumberOfAverages": 1.0, "NumberOfPhaseEncodingSteps": 96, "PercentPhaseFieldOfView": 100.0, "PercentSampling": 100.0, "PerformedProcedureStepStartTime": "074630.140000", "PhotometricInterpretation": "MONOCHROME2", "PixelBandwidth": 2005.0, "PixelRepresentation": 0, "PixelSpacing": [2.3958332538605, 2.3958332538605], "ProtocolName": "Resting State fMRI MBEPI_matrix96_BW2004", "RepetitionTime": 1160.0, "Rows": 768, "SAR": 0.10561731557657, "SamplesPerPixel": 1, "ScanOptions": "FS", "ScanningSequence": "EP", "SequenceName": "epfid2d1_96", "SequenceVariant": "SK", "SeriesDescription": "Resting State fMRI MBEPI_matrix96_BW2004", "SeriesNumber": 6, "SeriesTime": "075350.171000", "SliceLocation": -24.825912966508, "SliceThickness": 2.0, "SmallestImagePixelValue": 0, "SoftwareVersions": "syngo MR D11", "SpacingBetweenSlices": 2.3999999631641, "SpecificCharacterSet": "ISO_IR 100", "StudyID": "1", "StudyTime": "074630.093000", "TransmitCoilName": "Body", "VariableFlipAngleFlag": "N", "WindowCenterWidthExplanation": "Algo1", "dBdt": 0.0}, "slices": {}}, "time": {"samples": {"AcquisitionNumber": [1, 2, 3, 4, 5, 6, 7, 8, 9, 10, 11, 12, 13, 14, 15, 16, 17, 18, 19, 20, 21, 22, 23, 24, 25, 26, 27, 28, 29, 30, 31, 32, 33, 34, 35, 36, 37, 38, 39, 40, 41, 42, 43, 44, 45, 46, 47, 48, 49, 50, 51, 52, 53, 54, 55, 56, 57, 58, 59, 60, 61, 62, 63, 64, 65, 66, 67, 68, 69, 70, 71, 72, 73, 74, 75, 76, 77, 78, 79, 80, 81, 82, 83, 84, 85, 86, 87, 88, 89, 90, 91, 92, 93, 94, 95, 96, 97, 98, 99, 100, 101, 102, 103, 104, 105, 106, 107, 108, 109, 110, 111, 112, 113, 114, 115, 116, 117, 118, 119, 120, 121, 122, 123, 124, 125, 126, 127, 128, 129, 130, 131, 132, 133, 134, 135, 136, 137, 138, 139, 140, 141, 142, 143, 144, 145, 146, 147, 148, 149, 150, 151, 152, 153, 154, 155, 156, 157, 158, 159, 160, 161, 162, 163, 164, 165, 166, 167, 168, 169, 170, 171, 172, 173, 174, 175, 176, 177, 178, 179, 180, 181, 182, 183, 184, 185, 186, 187, 188, 189, 190, 191, 192, 193, 194, 195, 196, 197, 198, 199, 200, 201, 202, 203, 204, 205, 206, 207, 208, 209, 210, 211, 212, 213, 214, 215, 216, 217, 218, 219, 220, 221, 222, 223, 224, 225, 226, 227, 228, 229, 230, 231, 232, 233, 234, 235, 236, 237, 238, 239, 240, 241, 242, 243, 244, 245, 246, 247, 248, 249, 250, 251, 252, 253, 254, 255, 256, 257, 258, 259, 260, 261, 262, 263, 264, 265, 266, 267, 268, 269, 270, 271, 272, 273, 274, 275, 276, 277, 278, 279, 280, 281, 282, 283, 284, 285, 286, 287, 288, 289, 290, 291, 292, 293, 294, 295, 296, 297, 298, 299, 300, 301, 302, 303, 304, 305, 306, 307, 308, 309, 310, 311, 312, 313, 314, 315, 316, 317, 318, 319, 320, 321, 322, 323, 324, 325, 326, 327, 328, 329, 330, 331, 332, 333, 334, 335, 336, 337, 338, 339, 340, 341, 342, 343, 344, 345, 346, 347, 348, 349, 350, 351, 352, 353, 354, 355, 356, 357, 358, 359, 360, 361, 362, 363, 364, 365, 366, 367, 368, 369, 370, 371, 372, 373, 374, 375, 376, 377, 378, 379, 380, 381, 382, 383, 384, 385, 386, 387, 388, 389, 390, 391, 392, 393, 394, 395, 396, 397, 398, 399, 400, 401, 402, 403, 404, 405, 406, 407, 408, 409, 410, 411, 412, 413, 414, 415, 416, 417, 418, 419, 420, 421, 422, 423, 424, 425, 426, 427, 428, 429, 430, 431, 432, 433, 434, 435, 436, 437, 438, 439, 440, 441, 442, 443, 444, 445, 446, 447, 448, 449, 450, 451, 452, 453, 454, 455, 456, 457, 458, 459, 460, 461, 462, 463, 464, 465, 466, 467, 468, 469, 470, 471, 472, 473, 474, 475, 476, 477, 478, 479, 480, 481, 482, 483, 484, 485, 486, 487, 488, 489, 490, 491, 492, 493, 494, 495, 496, 497, 498, 499, 500, 501, 502, 503, 504, 505, 506, 507, 508, 509, 510, 511, 512, 513, 514, 515, 516, 517, 518], "AcquisitionTime": ["075311.525000", "075340.525000", "075341.685000", "075342.845000", "075344.005000", "075345.165000", "075346.325000", "075347.485000", "075348.645000", "075349.805000", "075350.965000", "075352.125000", "075353.285000", "075354.445000", "075355.605000", "075356.765000", "075357.925000", "075359.085000", "075400.245000", "075401.405000", "075402.565000", "075403.725000", "075404.885000", "075406.045000", "075407.205000", "075408.365000", "075409.525000", "075410.685000", "075411.845000", "075413.005000", "075414.165000", "075415.325000", "075416.485000", "075417.645000", "075418.805000", "075419.965000", "075421.125000", "075422.285000", "075423.445000", "075424.605000", "075425.765000", "075426.925000", "075428.085000", "075429.245000", "075430.405000", "075431.565000", "075432.725000", "075433.885000", "075435.045000", "075436.205000", "075437.365000", "075438.525000", "075439.685000", "075440.845000", "075442.005000", "075443.165000", "075444.325000", "075445.485000", "075446.645000", "075447.805000", "075448.965000", "075450.125000", "075451.285000", "075452.445000", "075453.605000", "075454.765000", "075455.925000", "075457.085000", "075458.245000", "075459.405000", "075500.565000", "075501.725000", "075502.885000", "075504.045000", "075505.205000", "075506.365000", "075507.525000", "075508.685000", "075509.845000", "075511.005000", "075512.165000", "075513.325000", "075514.485000", "075515.645000", "075516.805000", "075517.965000", "075519.125000", "075520.285000", "075521.445000", "075522.605000", "075523.765000", "075524.925000", "075526.085000", "075527.245000", "075528.405000", "075529.565000", "075530.725000", "075531.885000", "075533.045000", "075534.205000", "075535.365000", "075536.525000", "075537.685000", "075538.845000", "075540.005000", "075541.165000", "075542.325000", "075543.485000", "075544.645000", "075545.805000", "075546.965000", "075548.125000", "075549.285000", "075550.445000", "075551.605000", "075552.765000", "075553.925000", "075555.085000", "075556.245000", "075557.405000", "075558.565000", "075559.725000", "075600.885000", "075602.045000", "075603.205000", "075604.365000", "075605.525000", "075606.685000", "075607.845000", "075609.005000", "075610.165000", "075611.325000", "075612.485000", "075613.645000", "075614.805000", "075615.965000", "075617.125000", "075618.285000", "075619.445000", "075620.605000", "075621.765000", "075622.925000", "075624.085000", "075625.245000", "075626.405000", "075627.565000", "075628.725000", "075629.885000", "075631.045000", "075632.205000", "075633.365000", "075634.525000", "075635.685000", "075636.845000", "075638.005000", "075639.165000", "075640.325000", "075641.485000", "075642.645000", "075643.805000", "075644.965000", "075646.125000", "075647.285000", "075648.445000", "075649.605000", "075650.765000", "075651.925000", "075653.085000", "075654.245000", "075655.405000", "075656.565000", "075657.725000", "075658.885000", "075700.045000", "075701.205000", "075702.365000", "075703.525000", "075704.685000", "075705.845000", "075707.005000", "075708.165000", "075709.325000", "075710.485000", "075711.645000", "075712.805000", "075713.965000", "075715.125000", "075716.285000", "075717.445000", "075718.605000", "075719.765000", "075720.925000", "075722.085000", "075723.245000", "075724.405000", "075725.565000", "075726.725000", "075727.885000", "075729.045000", "075730.205000", "075731.365000", "075732.525000", "075733.685000", "075734.845000", "075736.005000", "075737.165000", "075738.325000", "075739.485000", "075740.645000", "075741.805000", "075742.965000", "075744.125000", "075745.285000", "075746.445000", "075747.605000", "075748.765000", "075749.925000", "075751.085000", "075752.245000", "075753.405000", "075754.565000", "075755.725000", "075756.885000", "075758.047500", "075759.207500", "075800.367500", "075801.527500", "075802.687500", "075803.847500", "075805.007500", "075806.167500", "075807.327500", "075808.487500", "075809.647500", "075810.807500", "075811.967500", "075813.127500", "075814.287500", "075815.447500", "075816.607500", "075817.767500", "075818.927500", "075820.087500", "075821.247500", "075822.407500", "075823.567500", "075824.727500", "075825.887500", "075827.047500", "075828.207500", "075829.367500", "075830.527500", "075831.687500", "075832.847500", "075834.007500", "075835.167500", "075836.327500", "075837.487500", "075838.647500", "075839.807500", "075840.967500", "075842.127500", "075843.287500", "075844.447500", "075845.607500", "075846.767500", "075847.927500", "075849.087500", "075850.247500", "075851.407500", "075852.567500", "075853.727500", "075854.887500", "075856.047500", "075857.207500", "075858.367500", "075859.527500", "075900.687500", "075901.847500", "075903.007500", "075904.167500", "075905.327500", "075906.487500", "075907.647500", "075908.807500", "075909.967500", "075911.127500", "075912.287500", "075913.447500", "075914.607500", "075915.767500", "075916.927500", "075918.087500", "075919.247500", "075920.407500", "075921.567500", "075922.727500", "075923.887500", "075925.047500", "075926.207500", "075927.367500", "075928.527500", "075929.687500", "075930.847500", "075932.007500", "075933.167500", "075934.327500", "075935.487500", "075936.647500", "075937.807500", "075938.967500", "075940.127500", "075941.287500", "075942.447500", "075943.607500", "075944.767500", "075945.927500", "075947.087500", "075948.247500", "075949.407500", "075950.567500", "075951.727500", "075952.887500", "075954.047500", "075955.207500", "075956.367500", "075957.527500", "075958.687500", "075959.847500", "080001.007500", "080002.167500", "080003.327500", "080004.487500", "080005.647500", "080006.807500", "080007.967500", "080009.127500", "080010.287500", "080011.447500", "080012.607500", "080013.767500", "080014.927500", "080016.087500", "080017.247500", "080018.407500", "080019.567500", "080020.727500", "080021.887500", "080023.047500", "080024.207500", "080025.367500", "080026.527500", "080027.687500", "080028.847500", "080030.007500", "080031.167500", "080032.327500", "080033.487500", "080034.647500", "080035.807500", "080036.967500", "080038.127500", "080039.287500", "080040.447500", "080041.607500", "080042.767500", "080043.927500", "080045.087500", "080046.247500", "080047.407500", "080048.567500", "080049.727500", "080050.887500", "080052.047500", "080053.207500", "080054.367500", "080055.527500", "080056.687500", "080057.847500", "080059.007500", "080100.167500", "080101.327500", "080102.487500", "080103.647500", "080104.807500", "080105.967500", "080107.127500", "080108.287500", "080109.447500", "080110.607500", "080111.767500", "080112.927500", "080114.087500", "080115.247500", "080116.407500", "080117.567500", "080118.727500", "080119.887500", "080121.047500", "080122.207500", "080123.367500", "080124.527500", "080125.687500", "080126.847500", "080128.007500", "080129.167500", "080130.327500", "080131.487500", "080132.647500", "080133.807500", "080134.967500", "080136.127500", "080137.287500", "080138.447500", "080139.607500", "080140.767500", "080141.927500", "080143.087500", "080144.247500", "080145.407500", "080146.567500", "080147.727500", "080148.887500", "080150.047500", "080151.207500", "080152.367500", "080153.527500", "080154.687500", "080155.847500", "080157.007500", "080158.167500", "080159.327500", "080200.487500", "080201.647500", "080202.807500", "080203.967500", "080205.127500", "080206.287500", "080207.447500", "080208.607500", "080209.767500", "080210.927500", "080212.087500", "080213.247500", "080214.407500", "080215.567500", "080216.727500", "080217.887500", "080219.047500", "080220.207500", "080221.367500", "080222.527500", "080223.687500", "080224.847500", "080226.007500", "080227.167500", "080228.327500", "080229.487500", "080230.647500", "080231.807500", "080232.967500", "080234.127500", "080235.287500", "080236.447500", "080237.607500", "080238.767500", "080239.927500", "080241.087500", "080242.247500", "080243.407500", "080244.567500", "080245.727500", "080246.887500", "080248.050000", "080249.210000", "080250.370000", "080251.530000", "080252.690000", "080253.850000", "080255.010000", "080256.170000", "080257.330000", "080258.490000", "080259.650000", "080300.810000", "080301.970000", "080303.130000", "080304.290000", "080305.450000", "080306.610000", "080307.770000", "080308.930000", "080310.090000", "080311.250000", "080312.410000", "080313.570000", "080314.730000", "080315.890000", "080317.050000", "080318.210000", "080319.370000", "080320.530000", "080321.690000", "080322.850000", "080324.010000", "080325.170000", "080326.330000", "080327.490000", "080328.650000", "080329.810000", "080330.970000", "080332.130000", "080333.290000", "080334.450000", "080335.610000", "080336.770000", "080337.930000", "080339.090000"], "ContentTime": ["075350.171000", "075358.421000", "075358.421000", "075358.437000", "075358.437000", "075358.437000", "075358.437000", "075358.453000", "075403.421000", "075403.421000", "075403.421000", "075403.437000", "075413.421000", "075413.437000", "075413.437000", "075413.437000", "075413.437000", "075413.453000", "075413.468000", "075418.421000", "075418.437000", "075418.437000", "075418.437000", "075423.421000", "075423.421000", "075423.437000", "075423.437000", "075428.421000", "075428.437000", "075428.437000", "075428.437000", "075433.421000", "075433.437000", "075433.437000", "075433.437000", "075438.421000", "075438.437000", "075438.437000", "075438.437000", "075443.421000", "075443.437000", "075443.437000", "075443.437000", "075448.421000", "075448.421000", "075448.421000", "075448.421000", "075453.421000", "075453.421000", "075453.421000", "075458.421000", "075458.421000", "075458.421000", "075458.421000", "075503.421000", "075503.421000", "075503.421000", "075503.437000", "075508.421000", "075508.421000", "075508.421000", "075508.421000", "075513.421000", "075513.421000", "075513.421000", "075513.421000", "075518.421000", "075518.421000", "075518.437000", "075518.437000", "075523.421000", "075523.421000", "075523.437000", "075523.437000", "075528.421000", "075528.421000", "075528.437000", "075533.421000", "075533.421000", "075533.421000", "075533.437000", "075538.421000", "075538.421000", "075538.421000", "075538.437000", "075543.421000", "075543.421000", "075543.421000", "075543.437000", "075548.421000", "075548.421000", "075548.421000", "075548.421000", "075553.421000", "075553.437000", "075553.437000", "075558.421000", "075558.437000", "075558.453000", "075558.453000", "075603.421000", "075603.421000", "075603.421000", "075603.421000", "075608.421000", "075608.421000", "075608.437000", "075608.437000", "075613.421000", "075613.421000", "075613.421000", "075613.421000", "075618.421000", "075618.421000", "075618.421000", "075618.421000", "075623.421000", "075623.421000", "075623.421000", "075628.421000", "075628.453000", "075628.453000", "075628.453000", "075633.421000", "075633.421000", "075633.421000", "075633.421000", "075638.421000", "075638.421000", "075638.437000", "075643.421000", "075643.421000", "075643.421000", "075643.437000", "075648.421000", "075648.421000", "075648.421000", "075648.453000", "075653.421000", "075653.421000", "075653.421000", "075653.437000", "075658.421000", "075658.421000", "075658.421000", "075658.421000", "075703.421000", "075703.437000", "075703.437000", "075708.421000", "075708.421000", "075708.421000", "075708.437000", "075713.421000", "075713.421000", "075713.421000", "075713.421000", "075713.437000", "075718.421000", "075718.437000", "075718.437000", "075723.421000", "075723.437000", "075723.437000", "075728.421000", "075728.421000", "075728.421000", "075728.437000", "075733.421000", "075733.437000", "075733.437000", "075733.437000", "075738.421000", "075738.437000", "075738.437000", "075738.437000", "075743.421000", "075743.421000", "075743.437000", "075743.437000", "075748.421000", "075748.421000", "075748.421000", "075748.421000", "075753.421000", "075753.421000", "075753.421000", "075758.421000", "075758.421000", "075758.421000", "075758.437000", "075803.421000", "075803.421000", "075803.421000", "075803.437000", "075808.421000", "075808.421000", "075808.421000", "075808.437000", "075813.421000", "075813.421000", "075813.421000", "075813.437000", "075818.421000", "075818.437000", "075818.437000", "075823.421000", "075823.421000", "075823.437000", "075823.437000", "075828.421000", "075828.421000", "075828.437000", "075828.437000", "075833.421000", "075833.421000", "075833.437000", "075833.437000", "075838.421000", "075838.421000", "075838.421000", "075838.421000", "075843.421000", "075843.421000", "075843.437000", "075848.421000", "075848.421000", "075848.421000", "075848.421000", "075853.421000", "075853.421000", "075853.421000", "075853.437000", "075858.421000", "075858.437000", "075858.437000", "075858.437000", "075903.421000", "075903.421000", "075903.421000", "075903.421000", "075908.421000", "075908.421000", "075908.437000", "075913.421000", "075913.421000", "075913.421000", "075913.437000", "075918.421000", "075918.421000", "075918.421000", "075918.437000", "075923.421000", "075923.421000", "075923.421000", "075923.437000", "075928.421000", "075928.421000", "075928.421000", "075928.437000", "075933.421000", "075933.437000", "075933.437000", "075938.421000", "075938.421000", "075938.421000", "075943.421000", "075943.437000", "075943.437000", "075943.437000", "075948.421000", "075948.421000", "075948.421000", "075948.437000", "075953.421000", "075953.421000", "075953.421000", "075958.421000", "075958.421000", "075958.421000", "075958.421000", "080003.421000", "080003.421000", "080003.421000", "080003.421000", "080008.421000", "080008.421000", "080008.453000", "080013.421000", "080013.437000", "080013.437000", "080013.437000", "080018.421000", "080018.421000", "080018.437000", "080018.453000", "080023.421000", "080023.421000", "080023.421000", "080028.421000", "080028.421000", "080028.421000", "080028.437000", "080028.437000", "080033.421000", "080033.421000", "080033.421000", "080038.421000", "080038.421000", "080038.437000", "080038.437000", "080043.421000", "080043.437000", "080043.437000", "080043.437000", "080048.421000", "080048.421000", "080048.421000", "080048.437000", "080053.421000", "080053.421000", "080053.421000", "080058.421000", "080058.421000", "080058.421000", "080058.421000", "080103.421000", "080103.421000", "080103.437000", "080103.437000", "080108.421000", "080108.421000", "080108.421000", "080113.421000", "080113.421000", "080113.421000", "080113.437000", "080118.421000", "080118.421000", "080118.421000", "080118.437000", "080123.421000", "080123.421000", "080123.421000", "080128.421000", "080128.421000", "080128.437000", "080128.437000", "080133.421000", "080133.421000", "080133.437000", "080133.437000", "080138.421000", "080138.421000", "080138.421000", "080138.437000", "080143.421000", "080143.421000", "080143.421000", "080143.437000", "080148.421000", "080148.421000", "080148.421000", "080153.421000", "080153.421000", "080153.421000", "080153.421000", "080158.421000", "080158.421000", "080158.437000", "080158.437000", "080203.421000", "080203.421000", "080203.421000", "080203.421000", "080208.421000", "080208.421000", "080208.437000", "080213.421000", "080213.421000", "080213.421000", "080213.437000", "080218.421000", "080218.421000", "080218.421000", "080218.437000", "080223.421000", "080223.437000", "080223.437000", "080223.437000", "080228.421000", "080228.421000", "080228.421000", "080228.421000", "080233.421000", "080233.421000", "080233.437000", "080238.421000", "080238.421000", "080238.421000", "080238.421000", "080243.421000", "080243.421000", "080243.437000", "080243.437000", "080248.421000", "080248.421000", "080248.437000", "080248.437000", "080253.421000", "080253.421000", "080253.421000", "080253.437000", "080258.421000", "080258.421000", "080258.421000", "080258.421000", "080303.421000", "080303.421000", "080303.437000", "080308.421000", "080308.437000", "080308.437000", "080308.437000", "080313.421000", "080313.421000", "080313.421000", "080313.421000", "080313.437000", "080318.421000", "080318.421000", "080318.421000", "080323.421000", "080323.421000", "080323.421000", "080323.421000", "080328.421000", "080328.421000", "080328.421000", "080333.421000", "080333.421000", "080333.421000", "080333.421000", "080338.421000", "080338.421000", "080338.421000", "080338.437000", "080343.421000", "080343.421000", "080343.437000", "080343.437000", "080348.421000", "080348.421000", "080348.421000", "080348.437000", "080353.421000", "080353.421000", "080353.421000", "080353.437000", "080358.421000", "080358.421000", "080358.421000", "080358.437000", "080403.421000", "080403.421000", "080403.421000", "080403.437000", "080403.437000", "080408.421000", "080408.437000", "080408.437000", "080413.421000", "080413.421000", "080413.437000", "080413.437000", "080418.421000", "080418.421000", "080418.437000", "080418.437000", "080423.421000", "080423.437000", "080423.437000", "080423.437000", "080428.421000", "080428.437000", "080428.437000", "080433.421000", "080433.437000", "080433.437000", "080433.437000", "080438.421000", "080438.421000", "080438.437000", "080438.453000", "080443.421000", "080443.421000", "080443.421000", "080443.421000", "080448.421000", "080448.421000", "080448.437000", "080448.437000", "080453.421000", "080453.421000", "080453.421000", "080458.421000", "080458.437000", "080458.437000", "080458.437000", "080503.421000", "080503.437000", "080503.437000", "080503.437000", "080508.421000", "080508.437000", "080508.437000", "080508.437000", "080509.625000"], "InstanceCreationTime": ["075350.171000", "075358.421000", "075358.421000", "075358.437000", "075358.437000", "075358.437000", "075358.437000", "075358.453000", "075403.421000", "075403.421000", "075403.421000", "075403.437000", "075413.421000", "075413.437000", "075413.437000", "075413.437000", "075413.437000", "075413.453000", "075413.468000", "075418.421000", "075418.437000", "075418.437000", "075418.437000", "075423.421000", "075423.421000", "075423.437000", "075423.437000", "075428.421000", "075428.437000", "075428.437000", "075428.437000", "075433.421000", "075433.437000", "075433.437000", "075433.437000", "075438.421000", "075438.437000", "075438.437000", "075438.437000", "075443.421000", "075443.437000", "075443.437000", "075443.437000", "075448.421000", "075448.421000", "075448.421000", "075448.421000", "075453.421000", "075453.421000", "075453.421000", "075458.421000", "075458.421000", "075458.421000", "075458.421000", "075503.421000", "075503.421000", "075503.421000", "075503.437000", "075508.421000", "075508.421000", "075508.421000", "075508.421000", "075513.421000", "075513.421000", "075513.421000", "075513.421000", "075518.421000", "075518.421000", "075518.437000", "075518.437000", "075523.421000", "075523.421000", "075523.437000", "075523.437000", "075528.421000", "075528.421000", "075528.437000", "075533.421000", "075533.421000", "075533.421000", "075533.437000", "075538.421000", "075538.421000", "075538.421000", "075538.437000", "075543.421000", "075543.421000", "075543.421000", "075543.437000", "075548.421000", "075548.421000", "075548.421000", "075548.421000", "075553.421000", "075553.437000", "075553.437000", "075558.421000", "075558.437000", "075558.453000", "075558.453000", "075603.421000", "075603.421000", "075603.421000", "075603.421000", "075608.421000", "075608.421000", "075608.437000", "075608.437000", "075613.421000", "075613.421000", "075613.421000", "075613.421000", "075618.421000", "075618.421000", "075618.421000", "075618.421000", "075623.421000", "075623.421000", "075623.421000", "075628.421000", "075628.453000", "075628.453000", "075628.453000", "075633.421000", "075633.421000", "075633.421000", "075633.421000", "075638.421000", "075638.421000", "075638.437000", "075643.421000", "075643.421000", "075643.421000", "075643.437000", "075648.421000", "075648.421000", "075648.421000", "075648.453000", "075653.421000", "075653.421000", "075653.421000", "075653.437000", "075658.421000", "075658.421000", "075658.421000", "075658.421000", "075703.421000", "075703.437000", "075703.437000", "075708.421000", "075708.421000", "075708.421000", "075708.437000", "075713.421000", "075713.421000", "075713.421000", "075713.421000", "075713.437000", "075718.421000", "075718.437000", "075718.437000", "075723.421000", "075723.437000", "075723.437000", "075728.421000", "075728.421000", "075728.421000", "075728.437000", "075733.421000", "075733.437000", "075733.437000", "075733.437000", "075738.421000", "075738.437000", "075738.437000", "075738.437000", "075743.421000", "075743.421000", "075743.437000", "075743.437000", "075748.421000", "075748.421000", "075748.421000", "075748.421000", "075753.421000", "075753.421000", "075753.421000", "075758.421000", "075758.421000", "075758.421000", "075758.437000", "075803.421000", "075803.421000", "075803.421000", "075803.437000", "075808.421000", "075808.421000", "075808.421000", "075808.437000", "075813.421000", "075813.421000", "075813.421000", "075813.437000", "075818.421000", "075818.437000", "075818.437000", "075823.421000", "075823.421000", "075823.437000", "075823.437000", "075828.421000", "075828.421000", "075828.437000", "075828.437000", "075833.421000", "075833.421000", "075833.437000", "075833.437000", "075838.421000", "075838.421000", "075838.421000", "075838.421000", "075843.421000", "075843.421000", "075843.437000", "075848.421000", "075848.421000", "075848.421000", "075848.421000", "075853.421000", "075853.421000", "075853.421000", "075853.437000", "075858.421000", "075858.437000", "075858.437000", "075858.437000", "075903.421000", "075903.421000", "075903.421000", "075903.421000", "075908.421000", "075908.421000", "075908.437000", "075913.421000", "075913.421000", "075913.421000", "075913.437000", "075918.421000", "075918.421000", "075918.421000", "075918.437000", "075923.421000", "075923.421000", "075923.421000", "075923.437000", "075928.421000", "075928.421000", "075928.421000", "075928.437000", "075933.421000", "075933.437000", "075933.437000", "075938.421000", "075938.421000", "075938.421000", "075943.421000", "075943.437000", "075943.437000", "075943.437000", "075948.421000", "075948.421000", "075948.421000", "075948.437000", "075953.421000", "075953.421000", "075953.421000", "075958.421000", "075958.421000", "075958.421000", "075958.421000", "080003.421000", "080003.421000", "080003.421000", "080003.421000", "080008.421000", "080008.421000", "080008.453000", "080013.421000", "080013.437000", "080013.437000", "080013.437000", "080018.421000", "080018.421000", "080018.437000", "080018.453000", "080023.421000", "080023.421000", "080023.421000", "080028.421000", "080028.421000", "080028.421000", "080028.437000", "080028.437000", "080033.421000", "080033.421000", "080033.421000", "080038.421000", "080038.421000", "080038.437000", "080038.437000", "080043.421000", "080043.437000", "080043.437000", "080043.437000", "080048.421000", "080048.421000", "080048.421000", "080048.437000", "080053.421000", "080053.421000", "080053.421000", "080058.421000", "080058.421000", "080058.421000", "080058.421000", "080103.421000", "080103.421000", "080103.437000", "080103.437000", "080108.421000", "080108.421000", "080108.421000", "080113.421000", "080113.421000", "080113.421000", "080113.437000", "080118.421000", "080118.421000", "080118.421000", "080118.437000", "080123.421000", "080123.421000", "080123.421000", "080128.421000", "080128.421000", "080128.437000", "080128.437000", "080133.421000", "080133.421000", "080133.437000", "080133.437000", "080138.421000", "080138.421000", "080138.421000", "080138.437000", "080143.421000", "080143.421000", "080143.421000", "080143.437000", "080148.421000", "080148.421000", "080148.421000", "080153.421000", "080153.421000", "080153.421000", "080153.421000", "080158.421000", "080158.421000", "080158.437000", "080158.437000", "080203.421000", "080203.421000", "080203.421000", "080203.421000", "080208.421000", "080208.421000", "080208.437000", "080213.421000", "080213.421000", "080213.421000", "080213.437000", "080218.421000", "080218.421000", "080218.421000", "080218.437000", "080223.421000", "080223.437000", "080223.437000", "080223.437000", "080228.421000", "080228.421000", "080228.421000", "080228.421000", "080233.421000", "080233.421000", "080233.437000", "080238.421000", "080238.421000", "080238.421000", "080238.421000", "080243.421000", "080243.421000", "080243.437000", "080243.437000", "080248.421000", "080248.421000", "080248.437000", "080248.437000", "080253.421000", "080253.421000", "080253.421000", "080253.437000", "080258.421000", "080258.421000", "080258.421000", "080258.421000", "080303.421000", "080303.421000", "080303.437000", "080308.421000", "080308.437000", "080308.437000", "080308.437000", "080313.421000", "080313.421000", "080313.421000", "080313.421000", "080313.437000", "080318.421000", "080318.421000", "080318.421000", "080323.421000", "080323.421000", "080323.421000", "080323.421000", "080328.421000", "080328.421000", "080328.421000", "080333.421000", "080333.421000", "080333.421000", "080333.421000", "080338.421000", "080338.421000", "080338.421000", "080338.437000", "080343.421000", "080343.421000", "080343.437000", "080343.437000", "080348.421000", "080348.421000", "080348.421000", "080348.437000", "080353.421000", "080353.421000", "080353.421000", "080353.437000", "080358.421000", "080358.421000", "080358.421000", "080358.437000", "080403.421000", "080403.421000", "080403.421000", "080403.437000", "080403.437000", "080408.421000", "080408.437000", "080408.437000", "080413.421000", "080413.421000", "080413.437000", "080413.437000", "080418.421000", "080418.421000", "080418.437000", "080418.437000", "080423.421000", "080423.437000", "080423.437000", "080423.437000", "080428.421000", "080428.437000", "080428.437000", "080433.421000", "080433.437000", "080433.437000", "080433.437000", "080438.421000", "080438.421000", "080438.437000", "080438.453000", "080443.421000", "080443.421000", "080443.421000", "080443.421000", "080448.421000", "080448.421000", "080448.437000", "080448.437000", "080453.421000", "080453.421000", "080453.421000", "080458.421000", "080458.437000", "080458.437000", "080458.437000", "080503.421000", "080503.437000", "080503.437000", "080503.437000", "080508.421000", "080508.437000", "080508.437000", "080508.437000", "080509.625000"], "InstanceNumber": [1, 2, 3, 4, 5, 6, 7, 8, 9, 10, 11, 12, 13, 14, 15, 16, 17, 18, 19, 20, 21, 22, 23, 24, 25, 26, 27, 28, 29, 30, 31, 32, 33, 34, 35, 36, 37, 38, 39, 40, 41, 42, 43, 44, 45, 46, 47, 48, 49, 50, 51, 52, 53, 54, 55, 56, 57, 58, 59, 60, 61, 62, 63, 64, 65, 66, 67, 68, 69, 70, 71, 72, 73, 74, 75, 76, 77, 78, 79, 80, 81, 82, 83, 84, 85, 86, 87, 88, 89, 90, 91, 92, 93, 94, 95, 96, 97, 98, 99, 100, 101, 102, 103, 104, 105, 106, 107, 108, 109, 110, 111, 112, 113, 114, 115, 116, 117, 118, 119, 120, 121, 122, 123, 124, 125, 126, 127, 128, 129, 130, 131, 132, 133, 134, 135, 136, 137, 138, 139, 140, 141, 142, 143, 144, 145, 146, 147, 148, 149, 150, 151, 152, 153, 154, 155, 156, 157, 158, 159, 160, 161, 162, 163, 164, 165, 166, 167, 168, 169, 170, 171, 172, 173, 174, 175, 176, 177, 178, 179, 180, 181, 182, 183, 184, 185, 186, 187, 188, 189, 190, 191, 192, 193, 194, 195, 196, 197, 198, 199, 200, 201, 202, 203, 204, 205, 206, 207, 208, 209, 210, 211, 212, 213, 214, 215, 216, 217, 218, 219, 220, 221, 222, 223, 224, 225, 226, 227, 228, 229, 230, 231, 232, 233, 234, 235, 236, 237, 238, 239, 240, 241, 242, 243, 244, 245, 246, 247, 248, 249, 250, 251, 252, 253, 254, 255, 256, 257, 258, 259, 260, 261, 262, 263, 264, 265, 266, 267, 268, 269, 270, 271, 272, 273, 274, 275, 276, 277, 278, 279, 280, 281, 282, 283, 284, 285, 286, 287, 288, 289, 290, 291, 292, 293, 294, 295, 296, 297, 298, 299, 300, 301, 302, 303, 304, 305, 306, 307, 308, 309, 310, 311, 312, 313, 314, 315, 316, 317, 318, 319, 320, 321, 322, 323, 324, 325, 326, 327, 328, 329, 330, 331, 332, 333, 334, 335, 336, 337, 338, 339, 340, 341, 342, 343, 344, 345, 346, 347, 348, 349, 350, 351, 352, 353, 354, 355, 356, 357, 358, 359, 360, 361, 362, 363, 364, 365, 366, 367, 368, 369, 370, 371, 372, 373, 374, 375, 376, 377, 378, 379, 380, 381, 382, 383, 384, 385, 386, 387, 388, 389, 390, 391, 392, 393, 394, 395, 396, 397, 398, 399, 400, 401, 402, 403, 404, 405, 406, 407, 408, 409, 410, 411, 412, 413, 414, 415, 416, 417, 418, 419, 420, 421, 422, 423, 424, 425, 426, 427, 428, 429, 430, 431, 432, 433, 434, 435, 436, 437, 438, 439, 440, 441, 442, 443, 444, 445, 446, 447, 448, 449, 450, 451, 452, 453, 454, 455, 456, 457, 458, 459, 460, 461, 462, 463, 464, 465, 466, 467, 468, 469, 470, 471, 472, 473, 474, 475, 476, 477, 478, 479, 480, 481, 482, 483, 484, 485, 486, 487, 488, 489, 490, 491, 492, 493, 494, 495, 496, 497, 498, 499, 500, 501, 502, 503, 504, 505, 506, 507, 508, 509, 510, 511, 512, 513, 514, 515, 516, 517, 518], "LargestImagePixelValue": [27560, 26939, 28944, 26792, 31372, 26269, 26226, 29029, 26573, 27035, 26577, 26127, 26521, 29846, 26398, 26600, 29450, 26376, 26357, 26180, 28099, 26190, 26212, 26373, 28107, 26760, 26244, 26211, 26352, 26312, 26505, 29156, 26214, 26089, 27178, 26858, 26494, 29484, 29315, 27495, 26228, 26323, 26329, 26387, 29492, 26085, 26168, 28368, 27992, 27065, 29658, 26200, 26045, 26206, 26304, 26126, 30676, 26175, 26277, 26044, 27432, 26575, 28540, 29694, 25987, 30484, 26228, 26540, 28260, 26205, 29638, 26123, 31774, 26251, 28191, 26571, 25978, 29210, 25977, 26041, 26307, 26375, 31323, 26196, 30696, 28588, 29334, 26153, 28147, 26112, 26001, 26082, 29702, 26069, 26785, 26604, 26167, 26125, 26148, 26125, 25990, 26561, 26226, 25934, 26183, 26445, 26179, 29215, 26558, 27302, 25964, 26385, 25958, 30557, 26043, 28459, 26023, 25894, 25982, 32234, 26552, 30029, 26971, 26142, 26055, 29621, 26281, 26344, 26144, 28702, 26108, 29372, 28703, 26201, 26402, 29052, 26277, 29543, 26145, 29210, 27400, 26222, 26212, 28050, 26246, 26328, 29304, 26021, 26170, 26315, 28494, 26327, 26363, 30809, 26054, 26106, 26193, 26387, 29655, 26061, 28246, 26008, 26248, 30539, 26075, 26177, 26012, 26485, 29350, 26286, 28285, 26268, 26305, 26701, 26153, 26315, 27673, 26124, 26240, 26293, 26267, 26388, 26187, 29907, 26221, 26247, 26157, 26168, 29771, 26145, 28136, 28005, 27986, 26101, 27333, 25955, 25867, 27262, 25996, 30228, 25820, 26195, 26173, 27968, 29177, 26243, 26086, 26088, 26095, 27815, 26134, 26224, 26266, 26327, 29994, 26079, 26287, 27152, 26283, 30325, 25748, 26894, 25994, 26243, 30265, 25946, 29679, 25894, 25923, 27871, 25767, 26050, 25737, 30234, 25982, 26509, 30085, 25788, 29848, 27715, 26864, 25909, 29462, 25942, 25893, 28757, 25926, 26942, 28192, 26543, 25946, 28459, 25867, 26080, 25841, 27109, 27394, 26100, 29011, 25847, 30055, 25855, 25872, 26072, 25799, 28863, 26231, 27258, 26109, 25940, 25915, 25879, 25872, 30260, 27145, 25955, 27701, 27834, 26075, 29027, 26268, 29760, 26027, 28019, 26177, 26215, 26122, 25997, 28755, 25943, 26339, 25984, 29282, 26271, 26087, 26340, 27781, 30944, 26555, 27062, 26376, 28508, 26031, 26191, 26120, 26183, 26343, 29370, 26021, 30324, 26446, 26093, 26254, 26196, 26101, 26095, 26082, 26322, 26065, 26216, 26192, 26334, 26003, 26225, 26309, 26782, 26186, 26114, 26087, 26381, 27926, 26351, 29389, 26115, 26117, 26019, 26280, 29119, 26046, 29280, 26000, 26213, 25975, 26332, 26023, 26062, 27244, 26024, 29448, 26226, 26856, 26663, 26022, 25816, 27785, 26028, 28563, 26412, 30230, 26382, 27760, 26193, 26408, 26504, 29301, 26300, 30257, 26335, 26122, 26181, 26159, 26294, 31032, 26159, 26493, 26469, 26343, 26438, 27929, 26144, 27580, 26240, 26440, 26319, 26478, 26298, 26458, 26309, 26381, 29339, 26369, 29359, 26351, 26393, 29408, 26411, 26427, 26336, 27827, 26375, 29707, 26315, 30566, 26258, 27446, 26263, 25959, 26044, 26404, 25850, 26201, 27424, 25988, 26053, 26284, 26351, 28362, 26193, 27203, 26161, 26278, 26769, 26210, 30009, 26322, 26285, 27702, 25928, 27419, 25909, 27865, 25952, 26134, 26637, 25597, 25995, 26108, 25983, 26043, 26111, 26182, 29420, 25758, 27714, 26130, 29878, 26151, 26334, 26079, 25905, 26177, 29564, 27217, 28394, 26317, 28609, 26024, 26898, 26007, 26147, 26082, 26110, 26217, 26302, 26176, 31345, 25994, 26183, 26123, 30937, 27839, 26006, 25831, 27088, 27074, 27275, 28426, 25601, 25971, 25816, 25878, 25550, 25774, 25879, 25680, 25788, 25915, 25745, 26183, 28576, 25944, 28028, 25745, 25779, 25488, 30076, 25761, 30550, 30599, 25745, 29346, 26189, 28159, 25941, 25686, 29252, 25855, 25783, 25892, 25756, 25670, 25794, 30727, 30264, 25624, 27090, 25859, 25734], "WindowCenter": [10093.0, 10097.0, 10099.0, 10089.0, 10101.0, 10088.0, 10079.0, 10077.0, 10078.0, 10092.0, 10087.0, 10080.0, 10082.0, 10082.0, 10056.0, 10082.0, 10090.0, 10084.0, 10087.0, 10080.0, 10084.0, 10095.0, 10085.0, 10086.0, 10080.0, 10080.0, 10081.0, 10102.0, 10077.0, 10094.0, 10092.0, 10109.0, 10106.0, 10102.0, 10097.0, 10091.0, 10074.0, 10099.0, 10095.0, 10084.0, 10071.0, 10070.0, 10075.0, 10082.0, 10095.0, 10090.0, 10087.0, 10112.0, 10089.0, 10095.0, 10102.0, 10083.0, 10067.0, 10066.0, 10071.0, 10075.0, 10099.0, 10087.0, 10089.0, 10086.0, 10095.0, 10095.0, 10099.0, 10105.0, 10088.0, 10101.0, 10089.0, 10086.0, 10084.0, 10084.0, 10114.0, 10083.0, 10101.0, 10082.0, 10080.0, 10082.0, 10090.0, 10094.0, 10084.0, 10087.0, 10105.0, 10085.0, 10114.0, 10086.0, 10093.0, 10071.0, 10074.0, 10079.0, 10082.0, 10063.0, 10069.0, 10060.0, 10070.0, 10053.0, 10067.0, 10074.0, 10057.0, 10068.0, 10078.0, 10056.0, 10077.0, 10057.0, 10076.0, 10088.0, 10102.0, 10084.0, 10086.0, 10098.0, 10085.0, 10091.0, 10095.0, 10088.0, 10087.0, 10090.0, 10083.0, 10089.0, 10084.0, 10087.0, 10084.0, 10102.0, 10076.0, 10085.0, 10090.0, 10089.0, 10094.0, 10103.0, 10086.0, 10073.0, 10070.0, 10089.0, 10084.0, 10090.0, 10086.0, 10075.0, 10078.0, 10089.0, 10093.0, 10095.0, 10085.0, 10081.0, 10091.0, 10074.0, 10092.0, 10086.0, 10080.0, 10088.0, 10080.0, 10078.0, 10080.0, 10060.0, 10090.0, 10066.0, 10069.0, 10085.0, 10088.0, 10074.0, 10080.0, 10061.0, 10086.0, 10070.0, 10085.0, 10073.0, 10073.0, 10074.0, 10063.0, 10073.0, 10062.0, 10073.0, 10072.0, 10056.0, 10067.0, 10053.0, 10055.0, 10069.0, 10072.0, 10060.0, 10078.0, 10082.0, 10072.0, 10077.0, 10070.0, 10070.0, 10076.0, 10099.0, 10093.0, 10086.0, 10094.0, 10105.0, 10115.0, 10095.0, 10085.0, 10073.0, 10064.0, 10065.0, 10069.0, 10059.0, 10074.0, 10068.0, 10066.0, 10058.0, 10057.0, 10071.0, 10048.0, 10062.0, 10052.0, 10052.0, 10070.0, 10057.0, 10079.0, 10054.0, 10052.0, 10059.0, 10083.0, 10079.0, 10098.0, 10071.0, 10078.0, 10077.0, 10075.0, 10087.0, 10052.0, 10079.0, 10070.0, 10071.0, 10094.0, 10078.0, 10090.0, 10071.0, 10075.0, 10076.0, 10073.0, 10074.0, 10073.0, 10086.0, 10065.0, 10071.0, 10078.0, 10073.0, 10087.0, 10081.0, 10078.0, 10077.0, 10083.0, 10077.0, 10062.0, 10085.0, 10076.0, 10077.0, 10075.0, 10061.0, 10059.0, 10073.0, 10059.0, 10068.0, 10065.0, 10068.0, 10063.0, 10070.0, 10091.0, 10068.0, 10071.0, 10051.0, 10062.0, 10065.0, 10065.0, 10080.0, 10047.0, 10074.0, 10061.0, 10068.0, 10054.0, 10085.0, 10085.0, 10101.0, 10079.0, 10081.0, 10083.0, 10089.0, 10083.0, 10083.0, 10069.0, 10090.0, 10066.0, 10074.0, 10057.0, 10059.0, 10054.0, 10052.0, 10049.0, 10067.0, 10043.0, 10063.0, 10082.0, 10061.0, 10060.0, 10050.0, 10052.0, 10068.0, 10062.0, 10048.0, 10056.0, 10061.0, 10053.0, 10063.0, 10073.0, 10069.0, 10074.0, 10090.0, 10068.0, 10076.0, 10051.0, 10048.0, 10066.0, 10045.0, 10050.0, 10046.0, 10051.0, 10064.0, 10070.0, 10066.0, 10064.0, 10068.0, 10064.0, 10063.0, 10065.0, 10055.0, 10041.0, 10050.0, 10049.0, 10055.0, 10056.0, 10063.0, 10063.0, 10064.0, 10057.0, 10043.0, 10052.0, 10051.0, 10036.0, 10048.0, 10038.0, 10062.0, 10057.0, 10039.0, 10050.0, 10055.0, 10059.0, 10052.0, 10084.0, 10074.0, 10076.0, 10069.0, 10057.0, 10062.0, 10064.0, 10071.0, 10080.0, 10077.0, 10069.0, 10058.0, 10069.0, 10057.0, 10069.0, 10063.0, 10079.0, 10055.0, 10068.0, 10062.0, 10054.0, 10047.0, 10046.0, 10045.0, 10048.0, 10056.0, 10029.0, 10054.0, 10053.0, 10070.0, 10058.0, 10055.0, 10057.0, 10041.0, 10057.0, 10059.0, 10063.0, 10044.0, 10059.0, 10078.0, 10083.0, 10084.0, 10057.0, 10068.0, 10058.0, 10047.0, 10073.0, 10048.0, 10074.0, 10056.0, 10068.0, 10052.0, 10069.0, 10053.0, 10068.0, 10050.0, 10026.0, 10031.0, 10034.0, 10041.0, 10043.0, 10032.0, 10041.0, 10054.0, 10053.0, 10062.0, 10059.0, 10055.0, 10059.0, 10054.0, 10060.0, 10054.0, 10060.0, 10068.0, 10051.0, 10053.0, 10062.0, 10067.0, 10062.0, 10048.0, 10069.0, 10057.0, 10051.0, 10068.0, 10064.0, 10067.0, 10049.0, 10051.0, 10052.0, 10049.0, 10047.0, 10048.0, 10059.0, 10073.0, 10040.0, 10063.0, 10054.0, 10073.0, 10055.0, 10063.0, 10073.0, 10082.0, 10068.0, 10083.0, 10069.0, 10064.0, 10063.0, 10052.0, 10060.0, 10059.0, 10051.0, 10070.0, 10063.0, 10069.0, 10073.0, 10087.0, 10076.0, 10088.0, 10071.0, 10056.0, 10059.0, 10075.0, 10063.0, 10056.0, 10055.0, 10064.0, 10036.0, 10029.0, 10037.0, 10029.0, 10035.0, 10036.0, 10044.0, 10052.0, 10041.0, 10044.0, 10047.0, 10054.0, 10039.0, 10041.0, 10054.0, 10072.0, 10047.0, 10056.0, 10065.0, 10062.0, 10050.0, 10071.0, 10047.0, 10088.0, 10078.0, 10062.0, 10071.0, 10042.0, 10031.0, 10036.0, 10043.0, 10066.0, 10035.0, 10056.0, 10046.0, 10052.0, 10064.0, 10059.0, 10069.0, 10065.0, 10033.0, 10050.0, 10041.0, 10033.0], "WindowWidth": [21428.0, 21427.0, 21426.0, 21403.0, 21425.0, 21398.0, 21381.0, 21376.0, 21382.0, 21407.0, 21398.0, 21388.0, 21388.0, 21385.0, 21336.0, 21389.0, 21404.0, 21393.0, 21396.0, 21385.0, 21390.0, 21413.0, 21400.0, 21399.0, 21388.0, 21383.0, 21382.0, 21427.0, 21384.0, 21413.0, 21413.0, 21446.0, 21442.0, 21438.0, 21423.0, 21408.0, 21375.0, 21421.0, 21410.0, 21390.0, 21367.0, 21362.0, 21370.0, 21388.0, 21413.0, 21405.0, 21406.0, 21451.0, 21406.0, 21417.0, 21429.0, 21392.0, 21361.0, 21358.0, 21363.0, 21376.0, 21420.0, 21399.0, 21406.0, 21397.0, 21412.0, 21416.0, 21422.0, 21435.0, 21405.0, 21429.0, 21404.0, 21400.0, 21395.0, 21395.0, 21454.0, 21393.0, 21424.0, 21391.0, 21385.0, 21390.0, 21406.0, 21415.0, 21396.0, 21402.0, 21439.0, 21399.0, 21451.0, 21395.0, 21406.0, 21362.0, 21365.0, 21379.0, 21381.0, 21346.0, 21359.0, 21339.0, 21357.0, 21323.0, 21355.0, 21363.0, 21332.0, 21353.0, 21373.0, 21328.0, 21370.0, 21335.0, 21371.0, 21401.0, 21429.0, 21393.0, 21396.0, 21419.0, 21397.0, 21406.0, 21412.0, 21401.0, 21391.0, 21399.0, 21386.0, 21400.0, 21390.0, 21397.0, 21388.0, 21420.0, 21371.0, 21390.0, 21396.0, 21400.0, 21409.0, 21424.0, 21392.0, 21367.0, 21371.0, 21399.0, 21391.0, 21402.0, 21393.0, 21370.0, 21374.0, 21396.0, 21407.0, 21413.0, 21394.0, 21383.0, 21399.0, 21368.0, 21400.0, 21390.0, 21377.0, 21399.0, 21383.0, 21375.0, 21380.0, 21343.0, 21396.0, 21350.0, 21355.0, 21389.0, 21395.0, 21370.0, 21381.0, 21344.0, 21392.0, 21364.0, 21392.0, 21362.0, 21366.0, 21367.0, 21344.0, 21363.0, 21342.0, 21360.0, 21359.0, 21330.0, 21349.0, 21317.0, 21323.0, 21350.0, 21356.0, 21339.0, 21374.0, 21381.0, 21364.0, 21369.0, 21358.0, 21357.0, 21367.0, 21415.0, 21406.0, 21396.0, 21412.0, 21438.0, 21451.0, 21413.0, 21393.0, 21365.0, 21346.0, 21347.0, 21353.0, 21336.0, 21361.0, 21349.0, 21345.0, 21328.0, 21326.0, 21355.0, 21310.0, 21337.0, 21318.0, 21313.0, 21349.0, 21331.0, 21369.0, 21323.0, 21316.0, 21332.0, 21383.0, 21376.0, 21411.0, 21363.0, 21378.0, 21372.0, 21367.0, 21390.0, 21323.0, 21373.0, 21356.0, 21356.0, 21402.0, 21373.0, 21393.0, 21359.0, 21367.0, 21372.0, 21362.0, 21367.0, 21363.0, 21387.0, 21349.0, 21358.0, 21371.0, 21361.0, 21389.0, 21379.0, 21368.0, 21369.0, 21385.0, 21373.0, 21346.0, 21386.0, 21367.0, 21370.0, 21366.0, 21339.0, 21335.0, 21359.0, 21335.0, 21353.0, 21344.0, 21351.0, 21341.0, 21352.0, 21394.0, 21351.0, 21356.0, 21318.0, 21342.0, 21348.0, 21343.0, 21376.0, 21317.0, 21361.0, 21336.0, 21357.0, 21329.0, 21388.0, 21392.0, 21423.0, 21379.0, 21383.0, 21381.0, 21394.0, 21385.0, 21384.0, 21356.0, 21397.0, 21349.0, 21358.0, 21323.0, 21327.0, 21315.0, 21312.0, 21309.0, 21341.0, 21305.0, 21342.0, 21377.0, 21336.0, 21336.0, 21318.0, 21315.0, 21344.0, 21336.0, 21305.0, 21325.0, 21332.0, 21316.0, 21337.0, 21358.0, 21356.0, 21364.0, 21394.0, 21352.0, 21361.0, 21315.0, 21308.0, 21337.0, 21296.0, 21309.0, 21301.0, 21312.0, 21340.0, 21354.0, 21345.0, 21341.0, 21352.0, 21340.0, 21336.0, 21341.0, 21322.0, 21295.0, 21308.0, 21308.0, 21325.0, 21324.0, 21333.0, 21335.0, 21339.0, 21321.0, 21297.0, 21316.0, 21311.0, 21282.0, 21303.0, 21283.0, 21330.0, 21325.0, 21290.0, 21307.0, 21321.0, 21329.0, 21313.0, 21377.0, 21362.0, 21363.0, 21351.0, 21330.0, 21338.0, 21342.0, 21353.0, 21375.0, 21363.0, 21345.0, 21328.0, 21350.0, 21323.0, 21347.0, 21337.0, 21367.0, 21319.0, 21347.0, 21336.0, 21319.0, 21306.0, 21304.0, 21298.0, 21305.0, 21319.0, 21268.0, 21316.0, 21319.0, 21347.0, 21324.0, 21319.0, 21322.0, 21288.0, 21321.0, 21324.0, 21329.0, 21295.0, 21328.0, 21368.0, 21383.0, 21381.0, 21327.0, 21348.0, 21324.0, 21301.0, 21351.0, 21307.0, 21350.0, 21321.0, 21344.0, 21312.0, 21340.0, 21312.0, 21338.0, 21307.0, 21264.0, 21264.0, 21267.0, 21285.0, 21289.0, 21268.0, 21289.0, 21312.0, 21310.0, 21329.0, 21323.0, 21316.0, 21326.0, 21318.0, 21327.0, 21316.0, 21332.0, 21343.0, 21313.0, 21319.0, 21336.0, 21341.0, 21334.0, 21310.0, 21345.0, 21322.0, 21313.0, 21347.0, 21337.0, 21341.0, 21306.0, 21310.0, 21313.0, 21304.0, 21304.0, 21307.0, 21332.0, 21352.0, 21287.0, 21333.0, 21316.0, 21348.0, 21317.0, 21345.0, 21359.0, 21375.0, 21350.0, 21377.0, 21345.0, 21335.0, 21335.0, 21320.0, 21332.0, 21325.0, 21312.0, 21350.0, 21337.0, 21350.0, 21362.0, 21386.0, 21368.0, 21390.0, 21350.0, 21320.0, 21329.0, 21356.0, 21332.0, 21318.0, 21313.0, 21326.0, 21276.0, 21261.0, 21269.0, 21256.0, 21272.0, 21274.0, 21287.0, 21308.0, 21292.0, 21294.0, 21304.0, 21315.0, 21288.0, 21290.0, 21318.0, 21356.0, 21305.0, 21320.0, 21335.0, 21332.0, 21311.0, 21349.0, 21306.0, 21387.0, 21363.0, 21328.0, 21345.0, 21287.0, 21265.0, 21281.0, 21289.0, 21334.0, 21280.0, 21315.0, 21302.0, 21311.0, 21335.0, 21330.0, 21348.0, 21337.0, 21274.0, 21303.0, 21286.0, 21271.0]}, "slices": {}}}