{"AcquisitionMatrixPE": 96, "AcquisitionNumber": 1, "AcquisitionTime": "08:04:16.790000", "BandwidthPerPixelPhaseEncode": 33.602, "BaseResolution": 96, "BodyPartExamined": "BRAIN", "ConsistencyInfo": "N4_VD11D_LATEST_20110129", "ConversionSoftware": "dcm2niix", "ConversionSoftwareVersion": "v1.0.20210317", "DerivedVendorReportedEchoSpacing": 0.000620003, "DeviceSerialNumber": "45239", "DwellTime": 2.6e-06, "EchoTime": 0.03, "EchoTrainLength": 48, "EffectiveEchoSpacing": 0.000310001, "FlipAngle": 63, "ImageComments": "Unaliased MB4/PE3", "ImageOrientationPatientDICOM": [0.99962, 0.0245058, -0.0126484, -0.0275775, 0.888279, -0.458475], "ImageType": ["ORIGINAL", "PRIMARY", "M", "ND", "NORM", "MOSAIC"], "ImagingFrequency": 123.193, "InPlanePhaseEncodingDirectionDICOM": "COL", "InstitutionAddress": "E 24th St. 100,Austin,Southmiddle,US,78712", "InstitutionName": "Univ of Texas at Austin", "InstitutionalDepartmentName": "IRC", "MRAcquisitionType": "2D", "MagneticFieldStrength": 3, "Manufacturer": "Siemens", "ManufacturersModelName": "Skyra", "Modality": "MR", "MultibandAccelerationFactor": 4, "ParallelReductionFactorInPlane": 2, "PartialFourier": 1, "PatientPosition": "HFS", "PercentPhaseFOV": 100, "PercentSampling": 100, "PhaseEncodingDirection": "j-", "PhaseEncodingSteps": 96, "PhaseResolution": 1, "PixelBandwidth": 2005, "ProcedureStepDescription": "Poldrack2^self-scanning", "ProtocolName": "Breath_Hold", "PulseSequenceDetails": "%CustomerSeq%\\cmrr_mbep2d_bold", "ReceiveCoilActiveElements": "HEA;HEP", "ReceiveCoilName": "Head_32", "ReconMatrixPE": 96, "RefLinesPE": 94, "RepetitionTime": 1.16, "SAR": 0.104036, "ScanOptions": "FS", "ScanningSequence": "EP", "SequenceName": "epfid2d1_96", "SequenceVariant": "SK", "SeriesDescription": "Breath_Hold", "SeriesNumber": 8, "ShimSetting": [-2763, 8032, -15406, 128, -155, 12, 284, -107], "SliceThickness": 2, "SliceTiming": [0, 0.4975, 0.9975, 0.355, 0.855, 0.2125, 0.7125, 0.07, 0.57, 1.0675, 0.4275, 0.925, 0.285, 0.7825, 0.1425, 0.64, 0, 0.4975, 0.9975, 0.355, 0.855, 0.2125, 0.7125, 0.07, 0.57, 1.0675, 0.4275, 0.925, 0.285, 0.7825, 0.1425, 0.64, 0, 0.4975, 0.9975, 0.355, 0.855, 0.2125, 0.7125, 0.07, 0.57, 1.0675, 0.4275, 0.925, 0.285, 0.7825, 0.1425, 0.64, 0, 0.4975, 0.9975, 0.355, 0.855, 0.2125, 0.7125, 0.07, 0.57, 1.0675, 0.4275, 0.925, 0.285, 0.7825, 0.1425, 0.64], "SoftwareVersions": "syngo MR D11", "SpacingBetweenSlices": 2.4, "StationName": "AWP45239", "TaskName": "Breath holding task", "TotalReadoutTime": 0.0294501, "TxRefAmp": 346.556, "WipMemBlock": "722065bb-3747-4129-8a1d-a5c4e29c8c16||Sequence: VD11D r206; Feb 13 2013 18:52:04 by eja", "dcmmeta_affine": [[-2.3949220180511475, -0.06607100367546082, -4.983556234350317e-09, 120.6769790649414], [-0.05871182680130005, 2.128169059753418, -1.1007589101791382, -80.9295425415039], [-0.030303440988063812, 1.0984299182891846, 2.132681369781494, -69.70854187011719], [0.0, 0.0, 0.0, 1.0]], "dcmmeta_reorient_transform": [[0.0, -1.0, 0.0, 95.0], [1.0, 0.0, 0.0, 0.0], [0.0, 0.0, 1.0, 0.0], [0.0, 0.0, 0.0, 1.0]], "dcmmeta_shape": [96, 96, 64, 318], "dcmmeta_slice_dim": 2, "dcmmeta_version": 0.6, "global": {"const": {"AcquisitionMatrix": [96, 0, 0, 96], "AngioFlag": "N", "BitsAllocated": 16, "BitsStored": 16, "BodyPartExamined": "BRAIN", "Columns": 768, "EchoNumbers": 1, "EchoTime": 30.0, "EchoTrainLength": 48, "FlipAngle": 63.0, "HighBit": 15, "ImageOrientationPatient": [0.99961966944897, 0.02450580751428, -0.0126483931314, -0.027577462732, 0.88827925895374, -0.4584751265465], "ImagePositionPatient": [-896.89418652446, -856.03846315299, 413.89672225219], "ImageType": ["ORIGINAL", "PRIMARY", "M", "ND", "NORM", "MOSAIC"], "ImagedNucleus": "1H", "ImagingFrequency": 123.193189, "InPlanePhaseEncodingDirection": "COL", "MRAcquisitionType": "2D", "MagneticFieldStrength": 3.0, "Manufacturer": "SIEMENS", "ManufacturerModelName": "Skyra", "Modality": "MR", "NumberOfAverages": 1.0, "NumberOfPhaseEncodingSteps": 96, "PercentPhaseFieldOfView": 100.0, "PercentSampling": 100.0, "PerformedProcedureStepStartTime": "074630.140000", "PhotometricInterpretation": "MONOCHROME2", "PixelBandwidth": 2005.0, "PixelRepresentation": 0, "PixelSpacing": [2.3958332538605, 2.3958332538605], "ProtocolName": "Breath_Hold", "RepetitionTime": 1160.0, "Rows": 768, "SAR": 0.1040363066932, "SamplesPerPixel": 1, "ScanOptions": "FS", "ScanningSequence": "EP", "SequenceName": "epfid2d1_96", "SequenceVariant": "SK", "SeriesDescription": "Breath_Hold", "SeriesNumber": 8, "SeriesTime": "080525.109000", "SliceLocation": -24.825912966508, "SliceThickness": 2.0, "SmallestImagePixelValue": 0, "SoftwareVersions": "syngo MR D11", "SpacingBetweenSlices": 2.3999999631641, "SpecificCharacterSet": "ISO_IR 100", "StudyID": "1", "StudyTime": "074630.093000", "TransmitCoilName": "Body", "VariableFlipAngleFlag": "N", "WindowCenterWidthExplanation": "Algo1", "dBdt": 0.0}, "slices": {}}, "time": {"samples": {"AcquisitionNumber": [1, 2, 3, 4, 5, 6, 7, 8, 9, 10, 11, 12, 13, 14, 15, 16, 17, 18, 19, 20, 21, 22, 23, 24, 25, 26, 27, 28, 29, 30, 31, 32, 33, 34, 35, 36, 37, 38, 39, 40, 41, 42, 43, 44, 45, 46, 47, 48, 49, 50, 51, 52, 53, 54, 55, 56, 57, 58, 59, 60, 61, 62, 63, 64, 65, 66, 67, 68, 69, 70, 71, 72, 73, 74, 75, 76, 77, 78, 79, 80, 81, 82, 83, 84, 85, 86, 87, 88, 89, 90, 91, 92, 93, 94, 95, 96, 97, 98, 99, 100, 101, 102, 103, 104, 105, 106, 107, 108, 109, 110, 111, 112, 113, 114, 115, 116, 117, 118, 119, 120, 121, 122, 123, 124, 125, 126, 127, 128, 129, 130, 131, 132, 133, 134, 135, 136, 137, 138, 139, 140, 141, 142, 143, 144, 145, 146, 147, 148, 149, 150, 151, 152, 153, 154, 155, 156, 157, 158, 159, 160, 161, 162, 163, 164, 165, 166, 167, 168, 169, 170, 171, 172, 173, 174, 175, 176, 177, 178, 179, 180, 181, 182, 183, 184, 185, 186, 187, 188, 189, 190, 191, 192, 193, 194, 195, 196, 197, 198, 199, 200, 201, 202, 203, 204, 205, 206, 207, 208, 209, 210, 211, 212, 213, 214, 215, 216, 217, 218, 219, 220, 221, 222, 223, 224, 225, 226, 227, 228, 229, 230, 231, 232, 233, 234, 235, 236, 237, 238, 239, 240, 241, 242, 243, 244, 245, 246, 247, 248, 249, 250, 251, 252, 253, 254, 255, 256, 257, 258, 259, 260, 261, 262, 263, 264, 265, 266, 267, 268, 269, 270, 271, 272, 273, 274, 275, 276, 277, 278, 279, 280, 281, 282, 283, 284, 285, 286, 287, 288, 289, 290, 291, 292, 293, 294, 295, 296, 297, 298, 299, 300, 301, 302, 303, 304, 305, 306, 307, 308, 309, 310, 311, 312, 313, 314, 315, 316, 317, 318], "AcquisitionTime": ["080416.790000", "080445.790000", "080446.950000", "080448.110000", "080449.270000", "080450.430000", "080451.590000", "080452.750000", "080453.910000", "080455.070000", "080456.230000", "080457.390000", "080458.550000", "080459.710000", "080500.870000", "080502.030000", "080503.190000", "080504.350000", "080505.510000", "080506.670000", "080507.830000", "080508.990000", "080510.150000", "080511.310000", "080512.470000", "080513.630000", "080514.790000", "080515.950000", "080517.110000", "080518.270000", "080519.430000", "080520.590000", "080521.750000", "080522.910000", "080524.070000", "080525.230000", "080526.390000", "080527.550000", "080528.710000", "080529.870000", "080531.030000", "080532.190000", "080533.350000", "080534.510000", "080535.670000", "080536.830000", "080537.990000", "080539.150000", "080540.310000", "080541.470000", "080542.630000", "080543.790000", "080544.950000", "080546.110000", "080547.270000", "080548.430000", "080549.590000", "080550.750000", "080551.910000", "080553.070000", "080554.230000", "080555.390000", "080556.550000", "080557.710000", "080558.870000", "080600.030000", "080601.190000", "080602.350000", "080603.510000", "080604.670000", "080605.830000", "080606.990000", "080608.150000", "080609.310000", "080610.470000", "080611.630000", "080612.790000", "080613.950000", "080615.110000", "080616.270000", "080617.430000", "080618.590000", "080619.750000", "080620.910000", "080622.070000", "080623.230000", "080624.390000", "080625.550000", "080626.710000", "080627.870000", "080629.030000", "080630.190000", "080631.350000", "080632.510000", "080633.670000", "080634.830000", "080635.990000", "080637.150000", "080638.310000", "080639.470000", "080640.630000", "080641.790000", "080642.950000", "080644.110000", "080645.270000", "080646.430000", "080647.590000", "080648.750000", "080649.910000", "080651.070000", "080652.230000", "080653.390000", "080654.550000", "080655.710000", "080656.870000", "080658.030000", "080659.190000", "080700.350000", "080701.510000", "080702.670000", "080703.830000", "080704.990000", "080706.150000", "080707.310000", "080708.470000", "080709.630000", "080710.790000", "080711.950000", "080713.110000", "080714.270000", "080715.430000", "080716.590000", "080717.750000", "080718.910000", "080720.070000", "080721.230000", "080722.390000", "080723.550000", "080724.710000", "080725.870000", "080727.030000", "080728.190000", "080729.350000", "080730.510000", "080731.670000", "080732.830000", "080733.990000", "080735.150000", "080736.310000", "080737.470000", "080738.630000", "080739.790000", "080740.950000", "080742.110000", "080743.270000", "080744.430000", "080745.590000", "080746.750000", "080747.910000", "080749.070000", "080750.230000", "080751.390000", "080752.550000", "080753.710000", "080754.870000", "080756.030000", "080757.190000", "080758.350000", "080759.510000", "080800.670000", "080801.830000", "080802.990000", "080804.150000", "080805.310000", "080806.470000", "080807.630000", "080808.790000", "080809.950000", "080811.110000", "080812.270000", "080813.430000", "080814.590000", "080815.750000", "080816.910000", "080818.070000", "080819.230000", "080820.390000", "080821.550000", "080822.710000", "080823.870000", "080825.030000", "080826.190000", "080827.350000", "080828.510000", "080829.670000", "080830.832500", "080831.992500", "080833.152500", "080834.312500", "080835.472500", "080836.632500", "080837.792500", "080838.952500", "080840.112500", "080841.272500", "080842.432500", "080843.592500", "080844.752500", "080845.912500", "080847.072500", "080848.232500", "080849.392500", "080850.552500", "080851.712500", "080852.872500", "080854.032500", "080855.192500", "080856.352500", "080857.512500", "080858.672500", "080859.832500", "080900.992500", "080902.152500", "080903.312500", "080904.472500", "080905.632500", "080906.792500", "080907.952500", "080909.112500", "080910.272500", "080911.432500", "080912.592500", "080913.752500", "080914.912500", "080916.072500", "080917.232500", "080918.392500", "080919.552500", "080920.712500", "080921.872500", "080923.032500", "080924.192500", "080925.352500", "080926.512500", "080927.672500", "080928.832500", "080929.992500", "080931.152500", "080932.312500", "080933.472500", "080934.632500", "080935.792500", "080936.952500", "080938.112500", "080939.272500", "080940.432500", "080941.592500", "080942.752500", "080943.912500", "080945.072500", "080946.232500", "080947.392500", "080948.552500", "080949.712500", "080950.872500", "080952.032500", "080953.192500", "080954.352500", "080955.512500", "080956.672500", "080957.832500", "080958.992500", "081000.152500", "081001.312500", "081002.472500", "081003.632500", "081004.792500", "081005.952500", "081007.112500", "081008.272500", "081009.432500", "081010.592500", "081011.752500", "081012.912500", "081014.072500", "081015.232500", "081016.392500", "081017.552500", "081018.712500", "081019.872500", "081021.032500", "081022.192500", "081023.352500", "081024.512500", "081025.672500", "081026.832500", "081027.992500", "081029.152500", "081030.312500", "081031.472500", "081032.632500", "081033.792500", "081034.952500", "081036.112500", "081037.272500", "081038.432500", "081039.592500", "081040.752500", "081041.912500", "081043.072500", "081044.232500", "081045.392500", "081046.552500", "081047.712500", "081048.872500", "081050.032500", "081051.192500", "081052.352500"], "ContentTime": ["080525.109000", "080529.656000", "080529.671000", "080529.671000", "080529.671000", "080534.656000", "080534.671000", "080534.671000", "080539.656000", "080539.671000", "080539.671000", "080539.671000", "080544.656000", "080544.671000", "080544.671000", "080544.687000", "080549.656000", "080549.671000", "080549.671000", "080549.671000", "080554.656000", "080554.671000", "080554.671000", "080554.671000", "080559.656000", "080559.671000", "080559.671000", "080604.656000", "080604.671000", "080604.671000", "080604.671000", "080609.656000", "080609.671000", "080609.671000", "080614.656000", "080614.671000", "080614.671000", "080614.671000", "080614.687000", "080619.656000", "080619.671000", "080619.671000", "080624.656000", "080624.671000", "080624.671000", "080624.687000", "080629.656000", "080629.671000", "080629.671000", "080634.656000", "080634.671000", "080634.671000", "080634.671000", "080639.656000", "080639.671000", "080639.671000", "080639.671000", "080644.656000", "080644.671000", "080644.671000", "080644.671000", "080649.656000", "080649.671000", "080649.671000", "080649.671000", "080654.656000", "080654.671000", "080654.671000", "080659.656000", "080659.671000", "080659.671000", "080659.671000", "080659.671000", "080704.656000", "080704.671000", "080704.671000", "080709.656000", "080709.671000", "080709.671000", "080709.671000", "080714.656000", "080714.671000", "080714.671000", "080714.671000", "080719.656000", "080719.671000", "080719.671000", "080724.656000", "080724.671000", "080724.671000", "080724.671000", "080729.656000", "080729.687000", "080729.703000", "080739.656000", "080739.671000", "080739.671000", "080739.671000", "080739.671000", "080739.671000", "080739.671000", "080739.687000", "080744.656000", "080744.671000", "080744.671000", "080744.703000", "080749.656000", "080749.671000", "080749.671000", "080749.671000", "080754.656000", "080754.671000", "080754.671000", "080754.687000", "080759.656000", "080759.671000", "080759.671000", "080804.656000", "080804.671000", "080804.671000", "080804.671000", "080804.671000", "080809.656000", "080809.671000", "080809.671000", "080814.656000", "080814.671000", "080814.671000", "080814.671000", "080819.656000", "080819.671000", "080819.671000", "080819.671000", "080824.656000", "080824.671000", "080824.671000", "080829.656000", "080829.671000", "080829.671000", "080829.671000", "080834.656000", "080834.671000", "080834.671000", "080834.671000", "080839.656000", "080839.671000", "080839.671000", "080844.656000", "080844.671000", "080844.671000", "080844.671000", "080849.656000", "080849.703000", "080849.703000", "080849.703000", "080854.656000", "080854.671000", "080854.671000", "080859.656000", "080859.671000", "080859.671000", "080859.671000", "080904.656000", "080904.671000", "080904.671000", "080904.671000", "080909.656000", "080909.671000", "080909.671000", "080909.671000", "080914.656000", "080914.671000", "080914.687000", "080919.656000", "080919.671000", "080919.671000", "080919.671000", "080919.671000", "080924.656000", "080924.671000", "080924.671000", "080929.656000", "080929.671000", "080929.671000", "080929.687000", "080934.656000", "080934.671000", "080934.671000", "080934.671000", "080939.656000", "080939.671000", "080939.671000", "080944.656000", "080944.671000", "080944.671000", "080944.687000", "080949.656000", "080949.671000", "080949.671000", "080949.671000", "080954.656000", "080954.671000", "080954.671000", "080954.671000", "080959.656000", "080959.671000", "080959.671000", "081004.656000", "081004.671000", "081004.671000", "081004.671000", "081009.656000", "081009.671000", "081009.671000", "081009.671000", "081014.656000", "081014.671000", "081014.671000", "081014.671000", "081019.656000", "081019.671000", "081019.671000", "081019.671000", "081024.656000", "081024.671000", "081024.671000", "081029.656000", "081029.671000", "081029.671000", "081029.671000", "081034.656000", "081034.671000", "081034.671000", "081034.671000", "081039.656000", "081039.671000", "081039.671000", "081039.671000", "081044.656000", "081044.671000", "081044.671000", "081049.656000", "081049.671000", "081049.703000", "081049.703000", "081054.656000", "081054.671000", "081054.671000", "081054.671000", "081059.656000", "081059.671000", "081059.671000", "081059.671000", "081104.656000", "081104.671000", "081104.671000", "081109.656000", "081109.671000", "081109.671000", "081109.671000", "081109.671000", "081114.656000", "081114.671000", "081114.671000", "081119.656000", "081119.671000", "081119.671000", "081119.671000", "081119.671000", "081124.656000", "081124.671000", "081124.671000", "081124.671000", "081129.656000", "081129.671000", "081129.671000", "081129.671000", "081134.656000", "081134.671000", "081134.671000", "081134.687000", "081139.656000", "081139.671000", "081139.671000", "081139.671000", "081144.656000", "081144.671000", "081144.671000", "081144.671000", "081149.656000", "081149.671000", "081149.671000", "081149.671000", "081154.656000", "081154.671000", "081154.671000", "081154.671000", "081159.656000", "081159.671000", "081159.671000", "081159.671000", "081204.656000", "081204.671000", "081204.671000", "081204.671000", "081209.656000", "081209.671000", "081209.671000", "081209.671000", "081214.656000", "081214.671000", "081214.671000", "081214.671000", "081219.250000", "081219.250000", "081219.250000", "081219.265000", "081219.265000"], "InstanceCreationTime": ["080525.109000", "080529.656000", "080529.671000", "080529.671000", "080529.671000", "080534.656000", "080534.671000", "080534.671000", "080539.656000", "080539.671000", "080539.671000", "080539.671000", "080544.656000", "080544.671000", "080544.671000", "080544.687000", "080549.656000", "080549.671000", "080549.671000", "080549.671000", "080554.656000", "080554.671000", "080554.671000", "080554.671000", "080559.656000", "080559.671000", "080559.671000", "080604.656000", "080604.671000", "080604.671000", "080604.671000", "080609.656000", "080609.671000", "080609.671000", "080614.656000", "080614.671000", "080614.671000", "080614.671000", "080614.687000", "080619.656000", "080619.671000", "080619.671000", "080624.656000", "080624.671000", "080624.671000", "080624.687000", "080629.656000", "080629.671000", "080629.671000", "080634.656000", "080634.671000", "080634.671000", "080634.671000", "080639.656000", "080639.671000", "080639.671000", "080639.671000", "080644.656000", "080644.671000", "080644.671000", "080644.671000", "080649.656000", "080649.671000", "080649.671000", "080649.671000", "080654.656000", "080654.671000", "080654.671000", "080659.656000", "080659.671000", "080659.671000", "080659.671000", "080659.671000", "080704.656000", "080704.671000", "080704.671000", "080709.656000", "080709.671000", "080709.671000", "080709.671000", "080714.656000", "080714.671000", "080714.671000", "080714.671000", "080719.656000", "080719.671000", "080719.671000", "080724.656000", "080724.671000", "080724.671000", "080724.671000", "080729.656000", "080729.687000", "080729.703000", "080739.656000", "080739.671000", "080739.671000", "080739.671000", "080739.671000", "080739.671000", "080739.671000", "080739.687000", "080744.656000", "080744.671000", "080744.671000", "080744.703000", "080749.656000", "080749.671000", "080749.671000", "080749.671000", "080754.656000", "080754.671000", "080754.671000", "080754.687000", "080759.656000", "080759.671000", "080759.671000", "080804.656000", "080804.671000", "080804.671000", "080804.671000", "080804.671000", "080809.656000", "080809.671000", "080809.671000", "080814.656000", "080814.671000", "080814.671000", "080814.671000", "080819.656000", "080819.671000", "080819.671000", "080819.671000", "080824.656000", "080824.671000", "080824.671000", "080829.656000", "080829.671000", "080829.671000", "080829.671000", "080834.656000", "080834.671000", "080834.671000", "080834.671000", "080839.656000", "080839.671000", "080839.671000", "080844.656000", "080844.671000", "080844.671000", "080844.671000", "080849.656000", "080849.703000", "080849.703000", "080849.703000", "080854.656000", "080854.671000", "080854.671000", "080859.656000", "080859.671000", "080859.671000", "080859.671000", "080904.656000", "080904.671000", "080904.671000", "080904.671000", "080909.656000", "080909.671000", "080909.671000", "080909.671000", "080914.656000", "080914.671000", "080914.687000", "080919.656000", "080919.671000", "080919.671000", "080919.671000", "080919.671000", "080924.656000", "080924.671000", "080924.671000", "080929.656000", "080929.671000", "080929.671000", "080929.687000", "080934.656000", "080934.671000", "080934.671000", "080934.671000", "080939.656000", "080939.671000", "080939.671000", "080944.656000", "080944.671000", "080944.671000", "080944.687000", "080949.656000", "080949.671000", "080949.671000", "080949.671000", "080954.656000", "080954.671000", "080954.671000", "080954.671000", "080959.656000", "080959.671000", "080959.671000", "081004.656000", "081004.671000", "081004.671000", "081004.671000", "081009.656000", "081009.671000", "081009.671000", "081009.671000", "081014.656000", "081014.671000", "081014.671000", "081014.671000", "081019.656000", "081019.671000", "081019.671000", "081019.671000", "081024.656000", "081024.671000", "081024.671000", "081029.656000", "081029.671000", "081029.671000", "081029.671000", "081034.656000", "081034.671000", "081034.671000", "081034.671000", "081039.656000", "081039.671000", "081039.671000", "081039.671000", "081044.656000", "081044.671000", "081044.671000", "081049.656000", "081049.671000", "081049.703000", "081049.703000", "081054.656000", "081054.671000", "081054.671000", "081054.671000", "081059.656000", "081059.671000", "081059.671000", "081059.671000", "081104.656000", "081104.671000", "081104.671000", "081109.656000", "081109.671000", "081109.671000", "081109.671000", "081109.671000", "081114.656000", "081114.671000", "081114.671000", "081119.656000", "081119.671000", "081119.671000", "081119.671000", "081119.671000", "081124.656000", "081124.671000", "081124.671000", "081124.671000", "081129.656000", "081129.671000", "081129.671000", "081129.671000", "081134.656000", "081134.671000", "081134.671000", "081134.687000", "081139.656000", "081139.671000", "081139.671000", "081139.671000", "081144.656000", "081144.671000", "081144.671000", "081144.671000", "081149.656000", "081149.671000", "081149.671000", "081149.671000", "081154.656000", "081154.671000", "081154.671000", "081154.671000", "081159.656000", "081159.671000", "081159.671000", "081159.671000", "081204.656000", "081204.671000", "081204.671000", "081204.671000", "081209.656000", "081209.671000", "081209.671000", "081209.671000", "081214.656000", "081214.671000", "081214.671000", "081214.671000", "081219.250000", "081219.250000", "081219.250000", "081219.265000", "081219.265000"], "InstanceNumber": [1, 2, 3, 4, 5, 6, 7, 8, 9, 10, 11, 12, 13, 14, 15, 16, 17, 18, 19, 20, 21, 22, 23, 24, 25, 26, 27, 28, 29, 30, 31, 32, 33, 34, 35, 36, 37, 38, 39, 40, 41, 42, 43, 44, 45, 46, 47, 48, 49, 50, 51, 52, 53, 54, 55, 56, 57, 58, 59, 60, 61, 62, 63, 64, 65, 66, 67, 68, 69, 70, 71, 72, 73, 74, 75, 76, 77, 78, 79, 80, 81, 82, 83, 84, 85, 86, 87, 88, 89, 90, 91, 92, 93, 94, 95, 96, 97, 98, 99, 100, 101, 102, 103, 104, 105, 106, 107, 108, 109, 110, 111, 112, 113, 114, 115, 116, 117, 118, 119, 120, 121, 122, 123, 124, 125, 126, 127, 128, 129, 130, 131, 132, 133, 134, 135, 136, 137, 138, 139, 140, 141, 142, 143, 144, 145, 146, 147, 148, 149, 150, 151, 152, 153, 154, 155, 156, 157, 158, 159, 160, 161, 162, 163, 164, 165, 166, 167, 168, 169, 170, 171, 172, 173, 174, 175, 176, 177, 178, 179, 180, 181, 182, 183, 184, 185, 186, 187, 188, 189, 190, 191, 192, 193, 194, 195, 196, 197, 198, 199, 200, 201, 202, 203, 204, 205, 206, 207, 208, 209, 210, 211, 212, 213, 214, 215, 216, 217, 218, 219, 220, 221, 222, 223, 224, 225, 226, 227, 228, 229, 230, 231, 232, 233, 234, 235, 236, 237, 238, 239, 240, 241, 242, 243, 244, 245, 246, 247, 248, 249, 250, 251, 252, 253, 254, 255, 256, 257, 258, 259, 260, 261, 262, 263, 264, 265, 266, 267, 268, 269, 270, 271, 272, 273, 274, 275, 276, 277, 278, 279, 280, 281, 282, 283, 284, 285, 286, 287, 288, 289, 290, 291, 292, 293, 294, 295, 296, 297, 298, 299, 300, 301, 302, 303, 304, 305, 306, 307, 308, 309, 310, 311, 312, 313, 314, 315, 316, 317, 318], "LargestImagePixelValue": [28195, 27538, 27713, 26961, 26989, 27227, 28195, 26690, 26409, 28040, 28722, 28505, 26282, 26393, 26318, 27731, 26217, 26580, 28067, 26652, 27825, 26188, 26418, 26267, 26280, 28130, 26098, 26201, 26294, 26417, 27057, 26488, 26802, 26127, 26114, 28001, 26325, 26486, 26059, 26308, 26332, 25916, 28683, 26025, 26143, 25884, 26008, 26016, 25903, 25873, 26773, 25624, 26198, 25680, 27073, 25373, 25363, 25709, 25685, 25530, 25795, 27420, 30579, 30191, 25650, 27823, 29173, 28965, 26630, 25772, 25569, 28339, 25726, 27488, 25282, 25393, 25728, 25422, 25417, 28728, 25422, 25335, 25502, 29408, 25337, 28544, 25406, 25420, 25643, 29613, 25495, 27566, 25214, 25889, 25439, 28655, 25215, 25133, 25194, 25193, 25187, 25309, 25111, 25358, 25064, 25277, 25342, 25232, 25378, 28560, 25166, 29014, 26948, 27351, 25914, 30405, 26295, 33341, 25193, 25670, 25675, 25251, 25279, 25851, 25526, 30457, 27067, 31092, 28043, 25065, 25225, 25515, 25129, 26706, 25299, 25699, 29886, 27218, 28814, 25359, 26278, 25118, 25350, 28950, 25132, 29858, 25140, 28780, 25085, 27282, 25343, 27480, 25178, 25058, 25061, 25313, 24948, 25229, 25195, 25166, 25647, 25258, 25202, 26246, 25253, 28163, 25075, 28857, 25081, 29538, 28831, 25078, 30543, 26350, 28626, 25124, 28913, 24805, 25134, 24949, 30078, 25037, 26065, 24952, 27152, 27915, 25099, 24607, 25436, 27556, 27068, 29064, 24717, 27622, 24825, 25101, 24850, 25215, 24940, 28512, 25068, 25630, 24984, 25049, 25166, 25014, 25133, 24822, 25083, 25103, 25310, 25146, 29644, 25071, 25188, 24789, 25050, 25097, 28058, 25130, 30618, 27124, 29450, 25080, 25119, 29788, 25250, 27294, 24857, 28850, 25057, 28925, 24866, 24812, 24796, 24931, 25010, 24871, 29648, 24722, 28586, 24881, 25217, 29750, 25972, 26219, 24976, 26445, 24962, 25482, 24868, 26389, 24782, 29278, 24780, 24943, 24795, 24882, 24981, 24854, 24939, 25163, 25139, 25044, 26386, 25581, 25393, 25070, 25022, 29189, 24937, 24713, 26514, 28470, 26464, 29947, 27187, 26613, 28798, 28917, 29390, 24875, 24831, 29756, 24791, 30272, 26372, 28701, 24955, 25997, 24653, 29682, 24932, 29510, 25052, 24776, 24670, 25015, 24985, 26055, 24788, 24951, 24897, 24953, 25341, 24776, 29339, 24712, 24988, 25026, 24748, 24992, 28288, 24760, 24888, 25071, 25140, 25292], "WindowCenter": [10079.0, 10074.0, 10060.0, 10064.0, 10066.0, 10078.0, 10091.0, 10086.0, 10080.0, 10075.0, 10075.0, 10065.0, 10042.0, 10028.0, 10031.0, 10021.0, 10039.0, 10030.0, 10039.0, 10017.0, 10031.0, 10017.0, 10030.0, 10027.0, 10029.0, 10028.0, 10015.0, 10030.0, 10038.0, 10042.0, 10031.0, 10045.0, 10037.0, 10025.0, 10029.0, 10045.0, 10023.0, 10032.0, 10015.0, 10025.0, 10014.0, 10024.0, 10037.0, 10019.0, 10022.0, 10025.0, 10013.0, 10049.0, 10034.0, 10054.0, 10061.0, 10061.0, 10062.0, 10088.0, 10087.0, 10058.0, 10070.0, 10096.0, 10074.0, 10090.0, 10090.0, 10088.0, 10110.0, 10111.0, 10074.0, 10069.0, 10117.0, 10069.0, 10050.0, 10039.0, 10041.0, 10043.0, 10020.0, 10010.0, 10017.0, 10038.0, 10035.0, 10030.0, 10023.0, 10039.0, 10021.0, 10019.0, 10033.0, 10050.0, 10017.0, 10034.0, 10019.0, 10036.0, 10034.0, 10052.0, 10038.0, 10036.0, 10019.0, 10010.0, 10009.0, 10019.0, 10017.0, 10013.0, 10004.0, 10026.0, 10027.0, 10048.0, 10064.0, 10061.0, 10064.0, 10064.0, 10051.0, 10073.0, 10077.0, 10089.0, 10087.0, 10144.0, 10117.0, 10096.0, 10097.0, 10106.0, 10067.0, 10081.0, 10047.0, 10041.0, 10024.0, 10034.0, 10042.0, 10034.0, 10041.0, 10053.0, 10017.0, 10034.0, 10038.0, 10005.0, 10001.0, 9982.0, 10011.0, 10024.0, 10003.0, 10014.0, 10026.0, 10009.0, 10009.0, 9990.0, 10022.0, 10020.0, 10001.0, 10036.0, 10013.0, 10035.0, 10008.0, 10014.0, 10010.0, 10010.0, 10015.0, 10039.0, 10006.0, 10028.0, 10042.0, 10040.0, 10048.0, 10059.0, 10053.0, 10064.0, 10054.0, 10037.0, 10051.0, 10070.0, 10072.0, 10093.0, 10066.0, 10085.0, 10059.0, 10087.0, 10069.0, 10051.0, 10054.0, 10029.0, 10022.0, 10019.0, 10018.0, 9992.0, 9988.0, 9996.0, 10016.0, 10005.0, 10023.0, 10013.0, 10046.0, 10080.0, 10040.0, 10026.0, 10034.0, 10016.0, 10011.0, 10021.0, 9996.0, 10005.0, 10006.0, 9992.0, 10005.0, 10012.0, 10000.0, 10029.0, 10020.0, 10005.0, 9986.0, 9989.0, 9994.0, 10025.0, 10027.0, 10020.0, 10019.0, 10034.0, 10039.0, 10044.0, 10064.0, 10048.0, 10048.0, 10040.0, 10070.0, 10059.0, 10086.0, 10057.0, 10085.0, 10048.0, 10073.0, 10040.0, 10034.0, 10057.0, 10026.0, 10039.0, 10020.0, 10022.0, 9991.0, 9992.0, 10002.0, 9989.0, 9971.0, 9987.0, 9982.0, 9986.0, 10006.0, 9998.0, 9998.0, 10007.0, 9989.0, 10013.0, 10003.0, 9981.0, 10015.0, 10026.0, 10003.0, 10007.0, 9995.0, 10010.0, 10009.0, 10029.0, 10022.0, 10004.0, 9988.0, 10017.0, 9994.0, 10003.0, 10011.0, 10015.0, 10011.0, 10017.0, 10062.0, 10039.0, 10041.0, 10057.0, 10039.0, 10064.0, 10064.0, 10061.0, 10045.0, 10081.0, 10068.0, 10092.0, 10063.0, 10046.0, 10047.0, 10018.0, 10007.0, 9989.0, 9984.0, 9995.0, 9976.0, 10005.0, 9989.0, 10021.0, 10008.0, 9980.0, 9985.0, 10000.0, 9988.0, 10008.0, 9981.0, 9964.0, 10001.0, 9999.0, 9993.0, 10004.0, 10017.0, 9993.0, 9995.0, 9986.0, 9980.0, 10005.0, 10010.0, 9990.0, 9986.0, 9996.0, 10036.0, 10010.0, 10022.0, 10014.0, 10009.0, 10015.0, 10016.0, 10036.0], "WindowWidth": [21387.0, 21367.0, 21338.0, 21336.0, 21347.0, 21378.0, 21407.0, 21391.0, 21379.0, 21367.0, 21356.0, 21333.0, 21285.0, 21258.0, 21264.0, 21246.0, 21280.0, 21263.0, 21277.0, 21236.0, 21256.0, 21233.0, 21261.0, 21257.0, 21259.0, 21254.0, 21225.0, 21254.0, 21280.0, 21287.0, 21265.0, 21288.0, 21271.0, 21253.0, 21260.0, 21293.0, 21251.0, 21263.0, 21233.0, 21251.0, 21230.0, 21245.0, 21272.0, 21237.0, 21246.0, 21252.0, 21234.0, 21301.0, 21278.0, 21317.0, 21333.0, 21334.0, 21338.0, 21393.0, 21392.0, 21339.0, 21359.0, 21405.0, 21368.0, 21401.0, 21400.0, 21397.0, 21439.0, 21442.0, 21365.0, 21353.0, 21468.0, 21350.0, 21310.0, 21289.0, 21285.0, 21285.0, 21241.0, 21218.0, 21231.0, 21276.0, 21275.0, 21263.0, 21250.0, 21275.0, 21239.0, 21239.0, 21264.0, 21295.0, 21237.0, 21266.0, 21238.0, 21271.0, 21268.0, 21300.0, 21271.0, 21269.0, 21241.0, 21223.0, 21218.0, 21235.0, 21230.0, 21221.0, 21212.0, 21253.0, 21263.0, 21301.0, 21337.0, 21335.0, 21346.0, 21346.0, 21324.0, 21362.0, 21370.0, 21394.0, 21394.0, 21540.0, 21462.0, 21420.0, 21414.0, 21428.0, 21347.0, 21367.0, 21300.0, 21288.0, 21254.0, 21273.0, 21289.0, 21273.0, 21279.0, 21300.0, 21231.0, 21262.0, 21271.0, 21207.0, 21196.0, 21164.0, 21213.0, 21239.0, 21206.0, 21222.0, 21240.0, 21209.0, 21208.0, 21176.0, 21241.0, 21240.0, 21203.0, 21265.0, 21220.0, 21261.0, 21210.0, 21222.0, 21211.0, 21214.0, 21228.0, 21273.0, 21217.0, 21260.0, 21285.0, 21284.0, 21299.0, 21320.0, 21311.0, 21336.0, 21320.0, 21291.0, 21317.0, 21355.0, 21361.0, 21403.0, 21354.0, 21388.0, 21337.0, 21385.0, 21348.0, 21305.0, 21311.0, 21258.0, 21242.0, 21236.0, 21233.0, 21183.0, 21173.0, 21185.0, 21228.0, 21212.0, 21250.0, 21228.0, 21299.0, 21388.0, 21278.0, 21252.0, 21266.0, 21227.0, 21214.0, 21227.0, 21178.0, 21197.0, 21204.0, 21177.0, 21204.0, 21218.0, 21197.0, 21250.0, 21230.0, 21203.0, 21167.0, 21174.0, 21190.0, 21249.0, 21254.0, 21244.0, 21247.0, 21277.0, 21287.0, 21295.0, 21337.0, 21311.0, 21306.0, 21294.0, 21348.0, 21335.0, 21385.0, 21333.0, 21382.0, 21318.0, 21359.0, 21290.0, 21274.0, 21314.0, 21251.0, 21274.0, 21238.0, 21244.0, 21183.0, 21181.0, 21197.0, 21175.0, 21140.0, 21171.0, 21159.0, 21164.0, 21199.0, 21185.0, 21193.0, 21206.0, 21173.0, 21214.0, 21192.0, 21156.0, 21224.0, 21247.0, 21204.0, 21209.0, 21189.0, 21221.0, 21221.0, 21255.0, 21241.0, 21205.0, 21176.0, 21226.0, 21189.0, 21206.0, 21223.0, 21233.0, 21227.0, 21239.0, 21337.0, 21294.0, 21302.0, 21327.0, 21295.0, 21340.0, 21342.0, 21335.0, 21307.0, 21373.0, 21350.0, 21394.0, 21337.0, 21301.0, 21296.0, 21236.0, 21214.0, 21175.0, 21167.0, 21188.0, 21147.0, 21197.0, 21169.0, 21227.0, 21207.0, 21156.0, 21163.0, 21189.0, 21168.0, 21206.0, 21157.0, 21121.0, 21186.0, 21188.0, 21180.0, 21204.0, 21229.0, 21184.0, 21185.0, 21168.0, 21159.0, 21197.0, 21210.0, 21175.0, 21172.0, 21192.0, 21266.0, 21223.0, 21246.0, 21232.0, 21221.0, 21234.0, 21234.0, 21277.0]}, "slices": {}}}