{"AcquisitionMatrixPE": 96, "AcquisitionNumber": 1, "AcquisitionTime": "07:34:20.312500", "BandwidthPerPixelPhaseEncode": 33.602, "BaseResolution": 96, "BodyPartExamined": "BRAIN", "ConsistencyInfo": "N4_VD11D_LATEST_20110129", "ConversionSoftware": "dcm2niix", "ConversionSoftwareVersion": "v1.0.20210317", "DerivedVendorReportedEchoSpacing": 0.000620003, "DeviceSerialNumber": "45239", "DwellTime": 2.6e-06, "EchoTime": 0.036, "EchoTrainLength": 48, "EffectiveEchoSpacing": 0.000310001, "FlipAngle": 90, "ImageOrientationPatientDICOM": [0.998648, 0.00747731, 0.0514351, 0.021965, 0.836174, -0.548024], "ImageType": ["ORIGINAL", "PRIMARY", "M", "ND", "NORM", "MOSAIC"], "ImagingFrequency": 123.193, "InPlanePhaseEncodingDirectionDICOM": "COL", "InstitutionAddress": "E 24th St. 100,Austin,Southmiddle,US,78712", "InstitutionName": "Univ of Texas at Austin", "InstitutionalDepartmentName": "IRC", "MRAcquisitionType": "2D", "MagneticFieldStrength": 3, "Manufacturer": "Siemens", "ManufacturersModelName": "Skyra", "Modality": "MR", "ParallelReductionFactorInPlane": 2, "PartialFourier": 1, "PatientPosition": "HFS", "PercentPhaseFOV": 100, "PercentSampling": 100, "PhaseEncodingDirection": "j", "PhaseEncodingSteps": 96, "PhaseResolution": 1, "PixelBandwidth": 2005, "ProcedureStepDescription": "Poldrack2^self-scanning", "ProtocolName": "MB-SE_FieldMap_P-A", "PulseSequenceDetails": "%CustomerSeq%\\cmrr_mbep2d_se", "ReceiveCoilActiveElements": "HEA;HEP", "ReceiveCoilName": "Head_32", "ReconMatrixPE": 96, "RefLinesPE": 48, "RepetitionTime": 4.55, "SAR": 0.378883, "ScanOptions": "FS", "ScanningSequence": "EP", "SequenceName": "epse2d1_96", "SequenceVariant": "SK", "SeriesDescription": "MB-SE_FieldMap_P-A", "SeriesNumber": 7, "ShimSetting": [-2773, 8049, -15442, 145, -215, 112, 283, -111], "SliceThickness": 2, "SliceTiming": [2.2725, 0, 2.34, 0.065, 2.4075, 0.1325, 2.475, 0.2, 2.5425, 0.2675, 2.6075, 0.3325, 2.675, 0.4, 2.7425, 0.4675, 2.81, 0.535, 2.875, 0.6, 2.9425, 0.6675, 3.01, 0.735, 3.0775, 0.8025, 3.1425, 0.87, 3.21, 0.935, 3.2775, 1.0025, 3.345, 1.07, 3.41, 1.1375, 3.4775, 1.2025, 3.545, 1.27, 3.6125, 1.3375, 3.6775, 1.405, 3.745, 1.47, 3.8125, 1.5375, 3.88, 1.605, 3.945, 1.6725, 4.0125, 1.7375, 4.08, 1.805, 4.1475, 1.8725, 4.215, 1.94, 4.28, 2.005, 4.3475, 2.0725, 4.415, 2.14, 4.4825, 2.2075], "SoftwareVersions": "syngo MR D11", "SpacingBetweenSlices": 2.4, "StationName": "AWP45239", "TotalReadoutTime": 0.0294501, "TxRefAmp": 346.21, "WipMemBlock": "2ad41360-7347-4673-9b9b-80b225fb587f||Sequence: VD11D r154; May 23 2012 22:29:07 by eja", "dcmmeta_affine": [[-2.392594814300537, 0.05262453854084015, 0.11305541545152664, 110.14399719238281], [-0.01791439950466156, 2.003333330154419, -1.3161920309066772, -63.61195373535156], [0.12322986871004105, 1.3129748106002808, 2.0037107467651367, -103.4444351196289], [0.0, 0.0, 0.0, 1.0]], "dcmmeta_reorient_transform": [[0.0, -1.0, 0.0, 95.0], [1.0, 0.0, 0.0, 0.0], [0.0, 0.0, 1.0, 0.0], [0.0, 0.0, 0.0, 1.0]], "dcmmeta_shape": [96, 96, 68, 5], "dcmmeta_slice_dim": 2, "dcmmeta_version": 0.6, "global": {"const": {"AcquisitionMatrix": [96, 0, 0, 96], "AngioFlag": "N", "BitsAllocated": 16, "BitsStored": 16, "BodyPartExamined": "BRAIN", "Columns": 864, "EchoNumbers": 1, "EchoTime": 36.0, "EchoTrainLength": 48, "FlipAngle": 90.0, "HighBit": 15, "ImageOrientationPatient": [0.99864834782286, 0.0074773145422, 0.05143507711575, 0.02196502493009, 0.83617397361466, -0.548024291003], "ImagePositionPatient": [-1054.1076035823, -902.8638801751, 478.1502316167], "ImageType": ["ORIGINAL", "PRIMARY", "M", "ND", "NORM", "MOSAIC"], "ImagedNucleus": "1H", "ImagingFrequency": 123.193294, "InPlanePhaseEncodingDirection": "COL", "MRAcquisitionType": "2D", "MagneticFieldStrength": 3.0, "Manufacturer": "SIEMENS", "ManufacturerModelName": "Skyra", "Modality": "MR", "NumberOfAverages": 1.0, "NumberOfPhaseEncodingSteps": 96, "PercentPhaseFieldOfView": 100.0, "PercentSampling": 100.0, "PerformedProcedureStepStartTime": "071121.718000", "PhotometricInterpretation": "MONOCHROME2", "PixelBandwidth": 2005.0, "PixelRepresentation": 0, "PixelSpacing": [2.3958332538605, 2.3958332538605], "ProtocolName": "MB-SE_FieldMap_P-A", "RepetitionTime": 4550.0, "Rows": 864, "SAR": 0.37888297391949, "SamplesPerPixel": 1, "ScanOptions": "FS", "ScanningSequence": "EP", "SequenceName": "epse2d1_96", "SequenceVariant": "SK", "SeriesDescription": "MB-SE_FieldMap_P-A", "SeriesNumber": 7, "SeriesTime": "073440.906000", "SliceLocation": -46.289509730029, "SliceThickness": 2.0, "SmallestImagePixelValue": 0, "SoftwareVersions": "syngo MR D11", "SpacingBetweenSlices": 2.4000000167846, "SpecificCharacterSet": "ISO_IR 100", "StudyID": "1", "StudyTime": "071121.640000", "TransmitCoilName": "Body", "VariableFlipAngleFlag": "N", "WindowCenterWidthExplanation": "Algo1", "dBdt": 0.0}, "slices": {}}, "time": {"samples": {"AcquisitionNumber": [1, 2, 3, 4, 5], "AcquisitionTime": ["073420.312500", "073424.862500", "073429.412500", "073433.962500", "073438.512500"], "ContentTime": ["073440.906000", "073440.921000", "073440.921000", "073440.921000", "073440.921000"], "InstanceCreationTime": ["073440.906000", "073440.921000", "073440.921000", "073440.921000", "073440.921000"], "InstanceNumber": [1, 2, 3, 4, 5], "LargestImagePixelValue": [47694, 48589, 47321, 48208, 47644], "WindowCenter": [7637.0, 7637.0, 7650.0, 7647.0, 7652.0], "WindowWidth": [16265.0, 16259.0, 16303.0, 16289.0, 16297.0]}, "slices": {}}}