{"AcquisitionMatrixPE": 96, "AcquisitionNumber": 1, "AcquisitionTime": "07:38:57.975000", "BandwidthPerPixelPhaseEncode": 33.602, "BaseResolution": 96, "BodyPartExamined": "BRAIN", "ConsistencyInfo": "N4_VD11D_LATEST_20110129", "ConversionSoftware": "dcm2niix", "ConversionSoftwareVersion": "v1.0.20210317", "DerivedVendorReportedEchoSpacing": 0.000620003, "DeviceSerialNumber": "45239", "DwellTime": 2.6e-06, "EchoTime": 0.03, "EchoTrainLength": 48, "EffectiveEchoSpacing": 0.000310001, "FlipAngle": 63, "ImageComments": "Unaliased MB4/PE3", "ImageOrientationPatientDICOM": [0.998707, 0.0458648, -0.0219436, -0.0507239, 0.869148, -0.491944], "ImageType": ["ORIGINAL", "PRIMARY", "M", "ND", "NORM", "MOSAIC"], "ImagingFrequency": 123.193, "InPlanePhaseEncodingDirectionDICOM": "COL", "InstitutionAddress": "E 24th St. 100,Austin,Southmiddle,US,78712", "InstitutionName": "Univ of Texas at Austin", "InstitutionalDepartmentName": "IRC", "MRAcquisitionType": "2D", "MagneticFieldStrength": 3, "Manufacturer": "Siemens", "ManufacturersModelName": "Skyra", "Modality": "MR", "MultibandAccelerationFactor": 4, "ParallelReductionFactorInPlane": 2, "PartialFourier": 1, "PatientPosition": "HFS", "PercentPhaseFOV": 100, "PercentSampling": 100, "PhaseEncodingDirection": "j-", "PhaseEncodingSteps": 96, "PhaseResolution": 1, "PixelBandwidth": 2005, "ProcedureStepDescription": "Poldrack2^self-scanning", "ProtocolName": "Resting State fMRI MBEPI_matrix96_BW2004", "PulseSequenceDetails": "%CustomerSeq%\\cmrr_mbep2d_bold", "ReceiveCoilActiveElements": "HEA;HEP", "ReceiveCoilName": "Head_32", "ReconMatrixPE": 96, "RefLinesPE": 94, "RepetitionTime": 1.16, "SAR": 0.108265, "ScanOptions": "FS", "ScanningSequence": "EP", "SequenceName": "epfid2d1_96", "SequenceVariant": "SK", "SeriesDescription": "Resting State fMRI MBEPI_matrix96_BW2004", "SeriesNumber": 6, "ShimSetting": [-2776, 8032, -15408, 154, -98, 54, 262, -155], "SliceThickness": 2, "SliceTiming": [0, 0.5, 0.9975, 0.3575, 0.855, 0.215, 0.7125, 0.0725, 0.57, 1.07, 0.4275, 0.9275, 0.285, 0.785, 0.1425, 0.6425, 0, 0.5, 0.9975, 0.3575, 0.855, 0.215, 0.7125, 0.0725, 0.57, 1.07, 0.4275, 0.9275, 0.285, 0.785, 0.1425, 0.6425, 0, 0.5, 0.9975, 0.3575, 0.855, 0.215, 0.7125, 0.0725, 0.57, 1.07, 0.4275, 0.9275, 0.285, 0.785, 0.1425, 0.6425, 0, 0.5, 0.9975, 0.3575, 0.855, 0.215, 0.7125, 0.0725, 0.57, 1.07, 0.4275, 0.9275, 0.285, 0.785, 0.1425, 0.6425], "SoftwareVersions": "syngo MR D11", "SpacingBetweenSlices": 2.4, "StationName": "AWP45239", "TaskName": "Resting fmri", "TotalReadoutTime": 0.0294501, "TxRefAmp": 351.256, "WipMemBlock": "c207d62a-1bca-47a3-bec4-afa599b5def8||Sequence: VD11D r206; Feb 13 2013 18:52:04 by eja", "dcmmeta_affine": [[-2.3927345275878906, -0.1215260848402977, 0.00837751105427742, 121.4291000366211], [-0.10988438874483109, 2.08233380317688, -1.181809425354004, -70.76376342773438], [-0.05257328599691391, 1.1786152124404907, 2.088840961456299, -76.44495391845703], [0.0, 0.0, 0.0, 1.0]], "dcmmeta_reorient_transform": [[0.0, -1.0, 0.0, 95.0], [1.0, 0.0, 0.0, 0.0], [0.0, 0.0, 1.0, 0.0], [0.0, 0.0, 0.0, 1.0]], "dcmmeta_shape": [96, 96, 64, 518], "dcmmeta_slice_dim": 2, "dcmmeta_version": 0.6, "global": {"const": {"AcquisitionMatrix": [96, 0, 0, 96], "AngioFlag": "N", "BitsAllocated": 16, "BitsStored": 16, "BodyPartExamined": "BRAIN", "Columns": 768, "EchoNumbers": 1, "EchoTime": 30.0, "EchoTrainLength": 48, "FlipAngle": 63.0, "HighBit": 15, "ImageOrientationPatient": [0.99870661264187, 0.04586478835024, -0.0219436335869, -0.0507239329097, 0.86914809326633, -0.4919437717887], "ImagePositionPatient": [-873.01015145705, -863.64330128216, 449.20284417761], "ImageType": ["ORIGINAL", "PRIMARY", "M", "ND", "NORM", "MOSAIC"], "ImagedNucleus": "1H", "ImagingFrequency": 123.193152, "InPlanePhaseEncodingDirection": "COL", "MRAcquisitionType": "2D", "MagneticFieldStrength": 3.0, "Manufacturer": "SIEMENS", "ManufacturerModelName": "Skyra", "Modality": "MR", "NumberOfAverages": 1.0, "NumberOfPhaseEncodingSteps": 96, "PercentPhaseFieldOfView": 100.0, "PercentSampling": 100.0, "PerformedProcedureStepStartTime": "072635.812000", "PhotometricInterpretation": "MONOCHROME2", "PixelBandwidth": 2005.0, "PixelRepresentation": 0, "PixelSpacing": [2.3958332538605, 2.3958332538605], "ProtocolName": "Resting State fMRI MBEPI_matrix96_BW2004", "RepetitionTime": 1160.0, "Rows": 768, "SAR": 0.10826497601483, "SamplesPerPixel": 1, "ScanOptions": "FS", "ScanningSequence": "EP", "SequenceName": "epfid2d1_96", "SequenceVariant": "SK", "SeriesDescription": "Resting State fMRI MBEPI_matrix96_BW2004", "SeriesNumber": 6, "SeriesTime": "073936.812000", "SliceLocation": -31.264496645117, "SliceThickness": 2.0, "SmallestImagePixelValue": 0, "SoftwareVersions": "syngo MR D11", "SpacingBetweenSlices": 2.4000000356959, "SpecificCharacterSet": "ISO_IR 100", "StudyID": "1", "StudyTime": "072635.781000", "TransmitCoilName": "Body", "VariableFlipAngleFlag": "N", "WindowCenterWidthExplanation": "Algo1", "dBdt": 0.0}, "slices": {}}, "time": {"samples": {"AcquisitionNumber": [1, 2, 3, 4, 5, 6, 7, 8, 9, 10, 11, 12, 13, 14, 15, 16, 17, 18, 19, 20, 21, 22, 23, 24, 25, 26, 27, 28, 29, 30, 31, 32, 33, 34, 35, 36, 37, 38, 39, 40, 41, 42, 43, 44, 45, 46, 47, 48, 49, 50, 51, 52, 53, 54, 55, 56, 57, 58, 59, 60, 61, 62, 63, 64, 65, 66, 67, 68, 69, 70, 71, 72, 73, 74, 75, 76, 77, 78, 79, 80, 81, 82, 83, 84, 85, 86, 87, 88, 89, 90, 91, 92, 93, 94, 95, 96, 97, 98, 99, 100, 101, 102, 103, 104, 105, 106, 107, 108, 109, 110, 111, 112, 113, 114, 115, 116, 117, 118, 119, 120, 121, 122, 123, 124, 125, 126, 127, 128, 129, 130, 131, 132, 133, 134, 135, 136, 137, 138, 139, 140, 141, 142, 143, 144, 145, 146, 147, 148, 149, 150, 151, 152, 153, 154, 155, 156, 157, 158, 159, 160, 161, 162, 163, 164, 165, 166, 167, 168, 169, 170, 171, 172, 173, 174, 175, 176, 177, 178, 179, 180, 181, 182, 183, 184, 185, 186, 187, 188, 189, 190, 191, 192, 193, 194, 195, 196, 197, 198, 199, 200, 201, 202, 203, 204, 205, 206, 207, 208, 209, 210, 211, 212, 213, 214, 215, 216, 217, 218, 219, 220, 221, 222, 223, 224, 225, 226, 227, 228, 229, 230, 231, 232, 233, 234, 235, 236, 237, 238, 239, 240, 241, 242, 243, 244, 245, 246, 247, 248, 249, 250, 251, 252, 253, 254, 255, 256, 257, 258, 259, 260, 261, 262, 263, 264, 265, 266, 267, 268, 269, 270, 271, 272, 273, 274, 275, 276, 277, 278, 279, 280, 281, 282, 283, 284, 285, 286, 287, 288, 289, 290, 291, 292, 293, 294, 295, 296, 297, 298, 299, 300, 301, 302, 303, 304, 305, 306, 307, 308, 309, 310, 311, 312, 313, 314, 315, 316, 317, 318, 319, 320, 321, 322, 323, 324, 325, 326, 327, 328, 329, 330, 331, 332, 333, 334, 335, 336, 337, 338, 339, 340, 341, 342, 343, 344, 345, 346, 347, 348, 349, 350, 351, 352, 353, 354, 355, 356, 357, 358, 359, 360, 361, 362, 363, 364, 365, 366, 367, 368, 369, 370, 371, 372, 373, 374, 375, 376, 377, 378, 379, 380, 381, 382, 383, 384, 385, 386, 387, 388, 389, 390, 391, 392, 393, 394, 395, 396, 397, 398, 399, 400, 401, 402, 403, 404, 405, 406, 407, 408, 409, 410, 411, 412, 413, 414, 415, 416, 417, 418, 419, 420, 421, 422, 423, 424, 425, 426, 427, 428, 429, 430, 431, 432, 433, 434, 435, 436, 437, 438, 439, 440, 441, 442, 443, 444, 445, 446, 447, 448, 449, 450, 451, 452, 453, 454, 455, 456, 457, 458, 459, 460, 461, 462, 463, 464, 465, 466, 467, 468, 469, 470, 471, 472, 473, 474, 475, 476, 477, 478, 479, 480, 481, 482, 483, 484, 485, 486, 487, 488, 489, 490, 491, 492, 493, 494, 495, 496, 497, 498, 499, 500, 501, 502, 503, 504, 505, 506, 507, 508, 509, 510, 511, 512, 513, 514, 515, 516, 517, 518], "AcquisitionTime": ["073857.975000", "073926.975000", "073928.135000", "073929.295000", "073930.455000", "073931.615000", "073932.775000", "073933.935000", "073935.095000", "073936.255000", "073937.415000", "073938.575000", "073939.735000", "073940.895000", "073942.055000", "073943.215000", "073944.375000", "073945.535000", "073946.695000", "073947.855000", "073949.015000", "073950.175000", "073951.335000", "073952.495000", "073953.655000", "073954.815000", "073955.975000", "073957.135000", "073958.295000", "073959.455000", "074000.615000", "074001.775000", "074002.935000", "074004.095000", "074005.255000", "074006.415000", "074007.575000", "074008.735000", "074009.895000", "074011.055000", "074012.215000", "074013.375000", "074014.535000", "074015.695000", "074016.855000", "074018.015000", "074019.175000", "074020.335000", "074021.495000", "074022.655000", "074023.815000", "074024.975000", "074026.135000", "074027.295000", "074028.455000", "074029.615000", "074030.775000", "074031.935000", "074033.095000", "074034.255000", "074035.415000", "074036.575000", "074037.735000", "074038.895000", "074040.055000", "074041.217500", "074042.377500", "074043.537500", "074044.697500", "074045.857500", "074047.017500", "074048.177500", "074049.337500", "074050.497500", "074051.657500", "074052.817500", "074053.977500", "074055.137500", "074056.297500", "074057.457500", "074058.617500", "074059.777500", "074100.937500", "074102.097500", "074103.257500", "074104.417500", "074105.577500", "074106.737500", "074107.897500", "074109.057500", "074110.217500", "074111.377500", "074112.537500", "074113.697500", "074114.857500", "074116.017500", "074117.177500", "074118.337500", "074119.497500", "074120.657500", "074121.817500", "074122.977500", "074124.137500", "074125.297500", "074126.457500", "074127.617500", "074128.777500", "074129.937500", "074131.097500", "074132.257500", "074133.417500", "074134.577500", "074135.737500", "074136.897500", "074138.057500", "074139.217500", "074140.377500", "074141.537500", "074142.697500", "074143.857500", "074145.017500", "074146.177500", "074147.337500", "074148.497500", "074149.657500", "074150.817500", "074151.977500", "074153.137500", "074154.297500", "074155.457500", "074156.617500", "074157.777500", "074158.937500", "074200.097500", "074201.257500", "074202.417500", "074203.577500", "074204.737500", "074205.897500", "074207.057500", "074208.217500", "074209.377500", "074210.537500", "074211.697500", "074212.857500", "074214.017500", "074215.177500", "074216.337500", "074217.497500", "074218.657500", "074219.817500", "074220.977500", "074222.137500", "074223.297500", "074224.457500", "074225.617500", "074226.777500", "074227.937500", "074229.097500", "074230.257500", "074231.417500", "074232.577500", "074233.737500", "074234.897500", "074236.057500", "074237.217500", "074238.377500", "074239.537500", "074240.697500", "074241.857500", "074243.017500", "074244.177500", "074245.337500", "074246.497500", "074247.657500", "074248.817500", "074249.977500", "074251.137500", "074252.297500", "074253.457500", "074254.617500", "074255.777500", "074256.937500", "074258.097500", "074259.257500", "074300.417500", "074301.577500", "074302.737500", "074303.897500", "074305.057500", "074306.217500", "074307.377500", "074308.537500", "074309.697500", "074310.857500", "074312.017500", "074313.177500", "074314.337500", "074315.497500", "074316.657500", "074317.817500", "074318.977500", "074320.137500", "074321.297500", "074322.457500", "074323.617500", "074324.777500", "074325.937500", "074327.097500", "074328.257500", "074329.417500", "074330.577500", "074331.737500", "074332.897500", "074334.057500", "074335.217500", "074336.377500", "074337.537500", "074338.697500", "074339.857500", "074341.017500", "074342.177500", "074343.337500", "074344.497500", "074345.657500", "074346.817500", "074347.977500", "074349.137500", "074350.297500", "074351.457500", "074352.617500", "074353.777500", "074354.937500", "074356.097500", "074357.257500", "074358.417500", "074359.577500", "074400.737500", "074401.897500", "074403.057500", "074404.217500", "074405.377500", "074406.537500", "074407.697500", "074408.857500", "074410.017500", "074411.177500", "074412.337500", "074413.497500", "074414.657500", "074415.817500", "074416.977500", "074418.137500", "074419.297500", "074420.457500", "074421.617500", "074422.777500", "074423.937500", "074425.097500", "074426.257500", "074427.417500", "074428.577500", "074429.737500", "074430.897500", "074432.057500", "074433.217500", "074434.377500", "074435.537500", "074436.697500", "074437.857500", "074439.017500", "074440.177500", "074441.337500", "074442.497500", "074443.657500", "074444.817500", "074445.977500", "074447.137500", "074448.297500", "074449.457500", "074450.617500", "074451.777500", "074452.937500", "074454.097500", "074455.257500", "074456.417500", "074457.577500", "074458.737500", "074459.897500", "074501.057500", "074502.217500", "074503.377500", "074504.537500", "074505.697500", "074506.857500", "074508.017500", "074509.177500", "074510.337500", "074511.497500", "074512.657500", "074513.817500", "074514.977500", "074516.137500", "074517.297500", "074518.457500", "074519.617500", "074520.777500", "074521.937500", "074523.097500", "074524.257500", "074525.417500", "074526.577500", "074527.737500", "074528.897500", "074530.057500", "074531.220000", "074532.380000", "074533.540000", "074534.700000", "074535.860000", "074537.020000", "074538.180000", "074539.340000", "074540.500000", "074541.660000", "074542.820000", "074543.980000", "074545.140000", "074546.300000", "074547.460000", "074548.620000", "074549.780000", "074550.940000", "074552.100000", "074553.260000", "074554.420000", "074555.580000", "074556.740000", "074557.900000", "074559.060000", "074600.220000", "074601.380000", "074602.540000", "074603.700000", "074604.860000", "074606.020000", "074607.180000", "074608.340000", "074609.500000", "074610.660000", "074611.820000", "074612.980000", "074614.140000", "074615.300000", "074616.460000", "074617.620000", "074618.780000", "074619.940000", "074621.100000", "074622.260000", "074623.420000", "074624.580000", "074625.740000", "074626.900000", "074628.060000", "074629.220000", "074630.380000", "074631.540000", "074632.700000", "074633.860000", "074635.020000", "074636.180000", "074637.340000", "074638.500000", "074639.660000", "074640.820000", "074641.980000", "074643.140000", "074644.300000", "074645.460000", "074646.620000", "074647.780000", "074648.940000", "074650.100000", "074651.260000", "074652.420000", "074653.580000", "074654.740000", "074655.900000", "074657.060000", "074658.220000", "074659.380000", "074700.540000", "074701.700000", "074702.860000", "074704.020000", "074705.180000", "074706.340000", "074707.500000", "074708.660000", "074709.820000", "074710.980000", "074712.140000", "074713.300000", "074714.460000", "074715.620000", "074716.780000", "074717.940000", "074719.100000", "074720.260000", "074721.420000", "074722.580000", "074723.740000", "074724.900000", "074726.060000", "074727.220000", "074728.380000", "074729.540000", "074730.700000", "074731.860000", "074733.020000", "074734.180000", "074735.340000", "074736.500000", "074737.660000", "074738.820000", "074739.980000", "074741.140000", "074742.300000", "074743.460000", "074744.620000", "074745.780000", "074746.940000", "074748.100000", "074749.260000", "074750.420000", "074751.580000", "074752.740000", "074753.900000", "074755.060000", "074756.220000", "074757.380000", "074758.540000", "074759.700000", "074800.860000", "074802.020000", "074803.180000", "074804.340000", "074805.500000", "074806.660000", "074807.820000", "074808.980000", "074810.140000", "074811.300000", "074812.460000", "074813.620000", "074814.780000", "074815.940000", "074817.100000", "074818.260000", "074819.420000", "074820.580000", "074821.740000", "074822.900000", "074824.060000", "074825.220000", "074826.380000", "074827.540000", "074828.700000", "074829.860000", "074831.020000", "074832.180000", "074833.340000", "074834.500000", "074835.660000", "074836.820000", "074837.980000", "074839.140000", "074840.300000", "074841.460000", "074842.620000", "074843.780000", "074844.940000", "074846.100000", "074847.260000", "074848.420000", "074849.580000", "074850.740000", "074851.900000", "074853.060000", "074854.220000", "074855.380000", "074856.540000", "074857.700000", "074858.860000", "074900.020000", "074901.180000", "074902.340000", "074903.500000", "074904.660000", "074905.820000", "074906.980000", "074908.140000", "074909.300000", "074910.460000", "074911.620000", "074912.780000", "074913.940000", "074915.100000", "074916.260000", "074917.420000", "074918.580000", "074919.740000", "074920.900000", "074922.060000", "074923.220000", "074924.380000", "074925.540000"], "ContentTime": ["073936.812000", "073945.625000", "073945.625000", "073945.625000", "073945.625000", "073945.625000", "073945.625000", "073945.640000", "073950.625000", "073950.625000", "073950.625000", "073950.625000", "073955.625000", "073955.625000", "073955.640000", "074000.625000", "074000.625000", "074000.625000", "074000.625000", "074005.625000", "074005.625000", "074005.625000", "074005.625000", "074010.625000", "074010.625000", "074010.625000", "074015.625000", "074015.625000", "074015.625000", "074015.625000", "074020.625000", "074020.625000", "074020.625000", "074020.625000", "074025.625000", "074025.625000", "074025.625000", "074025.625000", "074030.625000", "074030.625000", "074030.625000", "074035.625000", "074035.625000", "074035.625000", "074035.640000", "074040.625000", "074040.625000", "074040.625000", "074040.625000", "074045.625000", "074045.625000", "074045.625000", "074045.625000", "074050.625000", "074050.625000", "074050.625000", "074050.625000", "074055.625000", "074055.625000", "074055.625000", "074055.625000", "074100.625000", "074100.625000", "074100.625000", "074105.625000", "074105.625000", "074105.625000", "074105.625000", "074110.625000", "074110.625000", "074110.625000", "074110.625000", "074115.625000", "074115.625000", "074115.625000", "074120.625000", "074120.625000", "074120.625000", "074120.625000", "074125.625000", "074125.625000", "074125.625000", "074125.625000", "074130.625000", "074130.625000", "074130.625000", "074130.625000", "074135.625000", "074135.625000", "074135.625000", "074140.625000", "074140.625000", "074140.625000", "074140.625000", "074145.625000", "074145.625000", "074145.625000", "074145.625000", "074150.625000", "074150.625000", "074150.625000", "074150.640000", "074155.625000", "074155.625000", "074155.625000", "074155.625000", "074200.625000", "074200.625000", "074200.625000", "074205.625000", "074205.625000", "074205.625000", "074205.625000", "074210.625000", "074210.625000", "074210.625000", "074210.625000", "074215.625000", "074215.625000", "074215.625000", "074215.625000", "074220.625000", "074220.625000", "074220.625000", "074220.640000", "074225.625000", "074225.625000", "074225.625000", "074230.625000", "074230.625000", "074230.625000", "074230.625000", "074235.625000", "074235.625000", "074235.625000", "074235.625000", "074240.625000", "074240.625000", "074240.625000", "074245.625000", "074245.625000", "074245.625000", "074245.625000", "074250.625000", "074250.625000", "074250.625000", "074250.625000", "074255.625000", "074255.625000", "074255.625000", "074255.625000", "074300.625000", "074300.625000", "074300.625000", "074305.625000", "074305.625000", "074305.625000", "074305.625000", "074310.625000", "074310.640000", "074310.640000", "074310.640000", "074315.625000", "074315.625000", "074315.625000", "074320.625000", "074320.625000", "074320.625000", "074320.640000", "074325.625000", "074325.625000", "074325.625000", "074330.625000", "074330.625000", "074330.625000", "074330.625000", "074335.625000", "074335.625000", "074335.625000", "074335.625000", "074340.625000", "074340.625000", "074340.625000", "074345.625000", "074345.625000", "074345.625000", "074345.625000", "074350.625000", "074350.625000", "074350.625000", "074350.625000", "074355.625000", "074355.625000", "074355.625000", "074355.625000", "074400.625000", "074400.625000", "074400.625000", "074400.625000", "074405.625000", "074405.625000", "074405.625000", "074405.625000", "074410.625000", "074410.625000", "074410.625000", "074410.640000", "074415.625000", "074415.625000", "074415.625000", "074420.625000", "074420.625000", "074420.625000", "074420.625000", "074425.625000", "074425.625000", "074425.625000", "074425.625000", "074430.625000", "074430.625000", "074430.625000", "074430.625000", "074435.625000", "074435.625000", "074435.625000", "074440.625000", "074440.625000", "074440.625000", "074440.625000", "074445.625000", "074445.625000", "074445.625000", "074450.625000", "074450.625000", "074450.625000", "074450.625000", "074455.625000", "074455.625000", "074455.625000", "074455.625000", "074500.625000", "074500.625000", "074500.625000", "074505.625000", "074505.625000", "074505.625000", "074505.640000", "074505.640000", "074510.625000", "074510.625000", "074510.625000", "074515.625000", "074515.625000", "074515.625000", "074515.625000", "074520.625000", "074520.625000", "074520.625000", "074525.625000", "074525.625000", "074525.625000", "074525.640000", "074530.625000", "074530.625000", "074530.625000", "074530.625000", "074535.625000", "074535.625000", "074535.625000", "074540.625000", "074540.625000", "074540.625000", "074540.625000", "074545.625000", "074545.625000", "074545.625000", "074545.625000", "074550.625000", "074550.625000", "074550.625000", "074550.625000", "074555.625000", "074555.625000", "074555.625000", "074600.625000", "074600.625000", "074600.625000", "074600.625000", "074605.625000", "074605.625000", "074605.625000", "074605.625000", "074610.625000", "074610.625000", "074610.625000", "074610.640000", "074615.625000", "074615.625000", "074615.625000", "074615.625000", "074620.625000", "074620.625000", "074620.625000", "074625.625000", "074625.625000", "074625.625000", "074625.625000", "074630.625000", "074630.625000", "074630.625000", "074630.625000", "074635.625000", "074635.625000", "074635.625000", "074635.625000", "074640.625000", "074640.625000", "074640.625000", "074640.625000", "074645.625000", "074645.625000", "074645.625000", "074645.625000", "074650.625000", "074650.625000", "074650.640000", "074655.625000", "074655.625000", "074655.625000", "074655.625000", "074700.625000", "074700.625000", "074700.625000", "074700.625000", "074705.625000", "074705.625000", "074705.625000", "074705.625000", "074710.625000", "074710.625000", "074710.625000", "074710.625000", "074715.625000", "074715.625000", "074715.625000", "074720.625000", "074720.625000", "074720.625000", "074720.625000", "074725.625000", "074725.625000", "074725.625000", "074730.625000", "074730.625000", "074730.625000", "074730.625000", "074730.625000", "074735.640000", "074735.640000", "074735.656000", "074740.625000", "074740.625000", "074740.625000", "074740.625000", "074745.625000", "074745.625000", "074745.625000", "074745.625000", "074750.625000", "074750.625000", "074750.625000", "074800.625000", "074800.625000", "074800.625000", "074800.625000", "074800.625000", "074800.625000", "074800.640000", "074800.640000", "074805.625000", "074805.625000", "074805.625000", "074810.625000", "074810.625000", "074810.625000", "074810.625000", "074815.625000", "074815.625000", "074815.625000", "074815.625000", "074820.625000", "074820.625000", "074820.625000", "074820.625000", "074825.625000", "074825.625000", "074825.625000", "074830.625000", "074830.625000", "074830.625000", "074830.625000", "074835.625000", "074835.625000", "074835.625000", "074840.625000", "074840.625000", "074840.625000", "074840.625000", "074845.625000", "074845.625000", "074845.625000", "074845.625000", "074850.625000", "074850.625000", "074850.625000", "074850.625000", "074855.625000", "074855.625000", "074855.625000", "074900.625000", "074900.625000", "074900.625000", "074900.625000", "074905.625000", "074905.625000", "074905.625000", "074910.625000", "074910.625000", "074910.625000", "074910.625000", "074915.625000", "074915.625000", "074915.625000", "074915.625000", "074920.625000", "074920.625000", "074920.625000", "074920.625000", "074925.625000", "074925.625000", "074925.625000", "074925.625000", "074930.625000", "074930.625000", "074930.625000", "074930.625000", "074935.625000", "074935.625000", "074935.625000", "074940.625000", "074940.625000", "074940.625000", "074940.625000", "074940.640000", "074945.625000", "074945.625000", "074945.625000", "074950.625000", "074950.625000", "074950.625000", "074950.625000", "074950.640000", "074955.625000", "074955.625000", "074955.625000", "075000.625000", "075000.625000", "075000.625000", "075000.640000", "075005.625000", "075005.625000", "075005.625000", "075005.625000", "075010.625000", "075010.625000", "075010.625000", "075010.625000", "075015.625000", "075015.625000", "075015.625000", "075020.625000", "075020.625000", "075020.625000", "075020.625000", "075025.625000", "075025.625000", "075025.625000", "075025.625000", "075030.625000", "075030.625000", "075030.625000", "075030.625000", "075035.625000", "075035.625000", "075035.625000", "075035.640000", "075035.640000", "075040.625000", "075040.625000", "075040.625000", "075045.625000", "075045.625000", "075045.625000", "075045.625000", "075050.625000", "075050.625000", "075050.625000", "075050.625000", "075055.625000", "075055.625000", "075055.625000", "075055.625000", "075100.625000", "075100.625000", "075100.625000", "075100.625000", "075102.781000", "075102.796000"], "InstanceCreationTime": ["073936.812000", "073945.625000", "073945.625000", "073945.625000", "073945.625000", "073945.625000", "073945.625000", "073945.640000", "073950.625000", "073950.625000", "073950.625000", "073950.625000", "073955.625000", "073955.625000", "073955.640000", "074000.625000", "074000.625000", "074000.625000", "074000.625000", "074005.625000", "074005.625000", "074005.625000", "074005.625000", "074010.625000", "074010.625000", "074010.625000", "074015.625000", "074015.625000", "074015.625000", "074015.625000", "074020.625000", "074020.625000", "074020.625000", "074020.625000", "074025.625000", "074025.625000", "074025.625000", "074025.625000", "074030.625000", "074030.625000", "074030.625000", "074035.625000", "074035.625000", "074035.625000", "074035.640000", "074040.625000", "074040.625000", "074040.625000", "074040.625000", "074045.625000", "074045.625000", "074045.625000", "074045.625000", "074050.625000", "074050.625000", "074050.625000", "074050.625000", "074055.625000", "074055.625000", "074055.625000", "074055.625000", "074100.625000", "074100.625000", "074100.625000", "074105.625000", "074105.625000", "074105.625000", "074105.625000", "074110.625000", "074110.625000", "074110.625000", "074110.625000", "074115.625000", "074115.625000", "074115.625000", "074120.625000", "074120.625000", "074120.625000", "074120.625000", "074125.625000", "074125.625000", "074125.625000", "074125.625000", "074130.625000", "074130.625000", "074130.625000", "074130.625000", "074135.625000", "074135.625000", "074135.625000", "074140.625000", "074140.625000", "074140.625000", "074140.625000", "074145.625000", "074145.625000", "074145.625000", "074145.625000", "074150.625000", "074150.625000", "074150.625000", "074150.640000", "074155.625000", "074155.625000", "074155.625000", "074155.625000", "074200.625000", "074200.625000", "074200.625000", "074205.625000", "074205.625000", "074205.625000", "074205.625000", "074210.625000", "074210.625000", "074210.625000", "074210.625000", "074215.625000", "074215.625000", "074215.625000", "074215.625000", "074220.625000", "074220.625000", "074220.625000", "074220.640000", "074225.625000", "074225.625000", "074225.625000", "074230.625000", "074230.625000", "074230.625000", "074230.625000", "074235.625000", "074235.625000", "074235.625000", "074235.625000", "074240.625000", "074240.625000", "074240.625000", "074245.625000", "074245.625000", "074245.625000", "074245.625000", "074250.625000", "074250.625000", "074250.625000", "074250.625000", "074255.625000", "074255.625000", "074255.625000", "074255.625000", "074300.625000", "074300.625000", "074300.625000", "074305.625000", "074305.625000", "074305.625000", "074305.625000", "074310.625000", "074310.640000", "074310.640000", "074310.640000", "074315.625000", "074315.625000", "074315.625000", "074320.625000", "074320.625000", "074320.625000", "074320.640000", "074325.625000", "074325.625000", "074325.625000", "074330.625000", "074330.625000", "074330.625000", "074330.625000", "074335.625000", "074335.625000", "074335.625000", "074335.625000", "074340.625000", "074340.625000", "074340.625000", "074345.625000", "074345.625000", "074345.625000", "074345.625000", "074350.625000", "074350.625000", "074350.625000", "074350.625000", "074355.625000", "074355.625000", "074355.625000", "074355.625000", "074400.625000", "074400.625000", "074400.625000", "074400.625000", "074405.625000", "074405.625000", "074405.625000", "074405.625000", "074410.625000", "074410.625000", "074410.625000", "074410.640000", "074415.625000", "074415.625000", "074415.625000", "074420.625000", "074420.625000", "074420.625000", "074420.625000", "074425.625000", "074425.625000", "074425.625000", "074425.625000", "074430.625000", "074430.625000", "074430.625000", "074430.625000", "074435.625000", "074435.625000", "074435.625000", "074440.625000", "074440.625000", "074440.625000", "074440.625000", "074445.625000", "074445.625000", "074445.625000", "074450.625000", "074450.625000", "074450.625000", "074450.625000", "074455.625000", "074455.625000", "074455.625000", "074455.625000", "074500.625000", "074500.625000", "074500.625000", "074505.625000", "074505.625000", "074505.625000", "074505.640000", "074505.640000", "074510.625000", "074510.625000", "074510.625000", "074515.625000", "074515.625000", "074515.625000", "074515.625000", "074520.625000", "074520.625000", "074520.625000", "074525.625000", "074525.625000", "074525.625000", "074525.640000", "074530.625000", "074530.625000", "074530.625000", "074530.625000", "074535.625000", "074535.625000", "074535.625000", "074540.625000", "074540.625000", "074540.625000", "074540.625000", "074545.625000", "074545.625000", "074545.625000", "074545.625000", "074550.625000", "074550.625000", "074550.625000", "074550.625000", "074555.625000", "074555.625000", "074555.625000", "074600.625000", "074600.625000", "074600.625000", "074600.625000", "074605.625000", "074605.625000", "074605.625000", "074605.625000", "074610.625000", "074610.625000", "074610.625000", "074610.640000", "074615.625000", "074615.625000", "074615.625000", "074615.625000", "074620.625000", "074620.625000", "074620.625000", "074625.625000", "074625.625000", "074625.625000", "074625.625000", "074630.625000", "074630.625000", "074630.625000", "074630.625000", "074635.625000", "074635.625000", "074635.625000", "074635.625000", "074640.625000", "074640.625000", "074640.625000", "074640.625000", "074645.625000", "074645.625000", "074645.625000", "074645.625000", "074650.625000", "074650.625000", "074650.640000", "074655.625000", "074655.625000", "074655.625000", "074655.625000", "074700.625000", "074700.625000", "074700.625000", "074700.625000", "074705.625000", "074705.625000", "074705.625000", "074705.625000", "074710.625000", "074710.625000", "074710.625000", "074710.625000", "074715.625000", "074715.625000", "074715.625000", "074720.625000", "074720.625000", "074720.625000", "074720.625000", "074725.625000", "074725.625000", "074725.625000", "074730.625000", "074730.625000", "074730.625000", "074730.625000", "074730.625000", "074735.640000", "074735.640000", "074735.656000", "074740.625000", "074740.625000", "074740.625000", "074740.625000", "074745.625000", "074745.625000", "074745.625000", "074745.625000", "074750.625000", "074750.625000", "074750.625000", "074800.625000", "074800.625000", "074800.625000", "074800.625000", "074800.625000", "074800.625000", "074800.640000", "074800.640000", "074805.625000", "074805.625000", "074805.625000", "074810.625000", "074810.625000", "074810.625000", "074810.625000", "074815.625000", "074815.625000", "074815.625000", "074815.625000", "074820.625000", "074820.625000", "074820.625000", "074820.625000", "074825.625000", "074825.625000", "074825.625000", "074830.625000", "074830.625000", "074830.625000", "074830.625000", "074835.625000", "074835.625000", "074835.625000", "074840.625000", "074840.625000", "074840.625000", "074840.625000", "074845.625000", "074845.625000", "074845.625000", "074845.625000", "074850.625000", "074850.625000", "074850.625000", "074850.625000", "074855.625000", "074855.625000", "074855.625000", "074900.625000", "074900.625000", "074900.625000", "074900.625000", "074905.625000", "074905.625000", "074905.625000", "074910.625000", "074910.625000", "074910.625000", "074910.625000", "074915.625000", "074915.625000", "074915.625000", "074915.625000", "074920.625000", "074920.625000", "074920.625000", "074920.625000", "074925.625000", "074925.625000", "074925.625000", "074925.625000", "074930.625000", "074930.625000", "074930.625000", "074930.625000", "074935.625000", "074935.625000", "074935.625000", "074940.625000", "074940.625000", "074940.625000", "074940.625000", "074940.640000", "074945.625000", "074945.625000", "074945.625000", "074950.625000", "074950.625000", "074950.625000", "074950.625000", "074950.640000", "074955.625000", "074955.625000", "074955.625000", "075000.625000", "075000.625000", "075000.625000", "075000.640000", "075005.625000", "075005.625000", "075005.625000", "075005.625000", "075010.625000", "075010.625000", "075010.625000", "075010.625000", "075015.625000", "075015.625000", "075015.625000", "075020.625000", "075020.625000", "075020.625000", "075020.625000", "075025.625000", "075025.625000", "075025.625000", "075025.625000", "075030.625000", "075030.625000", "075030.625000", "075030.625000", "075035.625000", "075035.625000", "075035.625000", "075035.640000", "075035.640000", "075040.625000", "075040.625000", "075040.625000", "075045.625000", "075045.625000", "075045.625000", "075045.625000", "075050.625000", "075050.625000", "075050.625000", "075050.625000", "075055.625000", "075055.625000", "075055.625000", "075055.625000", "075100.625000", "075100.625000", "075100.625000", "075100.625000", "075102.781000", "075102.796000"], "InstanceNumber": [1, 2, 3, 4, 5, 6, 7, 8, 9, 10, 11, 12, 13, 14, 15, 16, 17, 18, 19, 20, 21, 22, 23, 24, 25, 26, 27, 28, 29, 30, 31, 32, 33, 34, 35, 36, 37, 38, 39, 40, 41, 42, 43, 44, 45, 46, 47, 48, 49, 50, 51, 52, 53, 54, 55, 56, 57, 58, 59, 60, 61, 62, 63, 64, 65, 66, 67, 68, 69, 70, 71, 72, 73, 74, 75, 76, 77, 78, 79, 80, 81, 82, 83, 84, 85, 86, 87, 88, 89, 90, 91, 92, 93, 94, 95, 96, 97, 98, 99, 100, 101, 102, 103, 104, 105, 106, 107, 108, 109, 110, 111, 112, 113, 114, 115, 116, 117, 118, 119, 120, 121, 122, 123, 124, 125, 126, 127, 128, 129, 130, 131, 132, 133, 134, 135, 136, 137, 138, 139, 140, 141, 142, 143, 144, 145, 146, 147, 148, 149, 150, 151, 152, 153, 154, 155, 156, 157, 158, 159, 160, 161, 162, 163, 164, 165, 166, 167, 168, 169, 170, 171, 172, 173, 174, 175, 176, 177, 178, 179, 180, 181, 182, 183, 184, 185, 186, 187, 188, 189, 190, 191, 192, 193, 194, 195, 196, 197, 198, 199, 200, 201, 202, 203, 204, 205, 206, 207, 208, 209, 210, 211, 212, 213, 214, 215, 216, 217, 218, 219, 220, 221, 222, 223, 224, 225, 226, 227, 228, 229, 230, 231, 232, 233, 234, 235, 236, 237, 238, 239, 240, 241, 242, 243, 244, 245, 246, 247, 248, 249, 250, 251, 252, 253, 254, 255, 256, 257, 258, 259, 260, 261, 262, 263, 264, 265, 266, 267, 268, 269, 270, 271, 272, 273, 274, 275, 276, 277, 278, 279, 280, 281, 282, 283, 284, 285, 286, 287, 288, 289, 290, 291, 292, 293, 294, 295, 296, 297, 298, 299, 300, 301, 302, 303, 304, 305, 306, 307, 308, 309, 310, 311, 312, 313, 314, 315, 316, 317, 318, 319, 320, 321, 322, 323, 324, 325, 326, 327, 328, 329, 330, 331, 332, 333, 334, 335, 336, 337, 338, 339, 340, 341, 342, 343, 344, 345, 346, 347, 348, 349, 350, 351, 352, 353, 354, 355, 356, 357, 358, 359, 360, 361, 362, 363, 364, 365, 366, 367, 368, 369, 370, 371, 372, 373, 374, 375, 376, 377, 378, 379, 380, 381, 382, 383, 384, 385, 386, 387, 388, 389, 390, 391, 392, 393, 394, 395, 396, 397, 398, 399, 400, 401, 402, 403, 404, 405, 406, 407, 408, 409, 410, 411, 412, 413, 414, 415, 416, 417, 418, 419, 420, 421, 422, 423, 424, 425, 426, 427, 428, 429, 430, 431, 432, 433, 434, 435, 436, 437, 438, 439, 440, 441, 442, 443, 444, 445, 446, 447, 448, 449, 450, 451, 452, 453, 454, 455, 456, 457, 458, 459, 460, 461, 462, 463, 464, 465, 466, 467, 468, 469, 470, 471, 472, 473, 474, 475, 476, 477, 478, 479, 480, 481, 482, 483, 484, 485, 486, 487, 488, 489, 490, 491, 492, 493, 494, 495, 496, 497, 498, 499, 500, 501, 502, 503, 504, 505, 506, 507, 508, 509, 510, 511, 512, 513, 514, 515, 516, 517, 518], "LargestImagePixelValue": [28349, 27723, 28189, 29827, 27421, 27298, 29320, 27202, 31707, 27244, 30050, 27403, 31881, 27317, 28360, 27300, 28690, 27231, 27332, 32607, 27280, 29164, 27357, 29053, 27181, 30867, 29770, 27445, 28446, 32071, 27815, 30640, 27168, 27276, 30863, 27445, 27170, 29710, 27213, 30775, 30519, 27123, 29079, 27483, 30036, 31772, 27324, 27647, 30340, 27184, 27100, 31663, 27730, 30123, 27071, 28169, 31500, 27436, 29320, 27429, 27185, 32072, 27442, 30674, 27320, 28185, 27216, 29098, 30116, 27704, 30406, 27182, 31352, 27341, 31830, 27417, 27147, 27175, 27246, 32839, 27332, 28613, 27252, 28512, 32863, 27702, 29420, 27186, 27172, 32499, 27258, 27067, 28763, 27388, 30284, 27105, 30377, 31680, 27517, 29542, 27450, 30719, 27201, 27137, 33012, 27363, 30035, 27238, 27217, 31166, 27185, 29592, 27247, 29775, 34606, 27406, 27489, 32562, 27219, 27355, 33044, 27246, 31468, 27420, 27252, 30088, 27277, 30575, 29941, 27435, 27066, 33026, 27255, 28972, 27270, 27060, 32426, 27255, 29700, 27093, 28929, 27171, 29142, 27236, 27112, 32285, 27277, 27711, 29690, 30146, 31587, 27266, 29122, 30585, 27081, 33719, 27403, 31987, 26988, 27204, 32986, 27160, 28574, 27560, 29825, 32638, 30934, 26966, 27207, 32438, 27242, 29090, 27173, 27010, 31667, 33224, 27368, 27211, 31596, 27263, 29839, 27250, 27709, 30974, 32033, 27291, 29344, 27159, 27355, 33275, 27002, 27414, 32050, 27639, 31694, 27225, 28110, 34459, 27041, 29855, 27169, 27677, 29362, 27177, 29312, 28847, 27423, 31637, 27155, 29941, 27143, 27270, 31824, 27379, 30982, 27333, 27066, 32639, 27286, 28496, 27328, 29418, 31240, 27153, 31077, 27030, 27051, 33107, 26964, 29930, 26949, 29738, 27022, 27095, 33070, 27114, 29942, 26899, 27161, 33800, 28271, 27000, 31148, 27251, 27382, 33582, 27529, 29384, 29977, 27113, 31841, 32166, 27239, 29636, 27186, 27255, 33250, 27341, 29931, 30512, 27082, 31081, 30778, 27066, 30446, 27235, 29911, 30986, 29217, 34048, 26872, 26879, 26860, 30583, 31362, 28483, 27211, 27647, 32151, 27096, 28761, 32224, 27087, 27180, 27007, 32453, 29041, 26932, 27416, 31672, 26914, 27085, 31386, 26665, 26826, 28225, 26845, 26893, 32134, 26819, 30026, 31362, 26832, 32922, 31663, 26822, 30332, 26807, 31304, 26947, 27784, 31245, 31176, 26902, 31644, 26864, 28572, 31072, 26543, 31155, 26932, 29438, 28799, 26607, 31332, 29461, 28163, 28054, 26649, 32793, 28432, 26805, 31821, 26742, 31489, 26786, 27505, 31816, 26900, 31474, 26750, 28346, 33138, 26733, 28828, 28659, 26573, 29706, 33892, 26841, 28471, 26451, 26671, 29214, 31553, 30701, 26943, 27588, 32030, 26480, 26589, 29767, 32717, 26942, 27007, 28819, 26463, 28392, 32673, 29027, 26855, 32495, 26660, 26746, 30426, 30103, 26446, 29118, 26337, 26589, 31343, 30846, 26544, 27273, 31820, 26544, 28518, 31935, 26640, 27892, 31425, 26495, 28134, 31326, 26366, 26354, 32777, 33827, 26395, 26976, 28877, 26791, 31351, 31997, 26347, 26557, 28961, 26819, 29361, 30848, 26313, 27653, 33480, 29247, 27689, 31924, 26167, 26750, 29263, 32323, 26624, 28311, 32337, 26461, 26458, 28628, 31532, 26278, 26368, 33216, 29353, 26513, 28732, 31331, 26588, 28424, 30085, 33630, 26500, 26916, 31404, 26609, 27033, 31845, 26381, 26654, 29690, 29529, 26678, 30629, 26426, 26403, 28247, 27969, 27344, 30738, 32888, 26651, 27369, 33224, 26473, 27006, 32769, 26492, 27588, 31524, 26668, 27132, 32216, 26353, 27986, 31955, 26428, 28941, 26380, 28463, 32030, 26647, 31171, 26495, 30159, 26313, 27252, 32753, 26360, 28541, 29035, 28661, 26319, 26479, 33625, 26216, 28185, 28973, 26310, 33617, 26354, 27347, 31212, 26431, 30349, 26251, 29238, 29557, 26133, 29553, 26340, 26998, 28638, 26086, 31001, 26779, 29750, 29746, 26041, 29949, 31334, 26210], "WindowCenter": [10215.0, 10181.0, 10193.0, 10200.0, 10185.0, 10180.0, 10178.0, 10172.0, 10202.0, 10204.0, 10208.0, 10164.0, 10198.0, 10175.0, 10210.0, 10169.0, 10177.0, 10161.0, 10166.0, 10208.0, 10190.0, 10177.0, 10199.0, 10213.0, 10182.0, 10200.0, 10188.0, 10181.0, 10174.0, 10201.0, 10166.0, 10178.0, 10173.0, 10210.0, 10202.0, 10164.0, 10181.0, 10200.0, 10167.0, 10226.0, 10192.0, 10172.0, 10169.0, 10197.0, 10196.0, 10204.0, 10204.0, 10200.0, 10210.0, 10170.0, 10177.0, 10208.0, 10201.0, 10221.0, 10218.0, 10225.0, 10211.0, 10214.0, 10236.0, 10214.0, 10215.0, 10213.0, 10180.0, 10196.0, 10204.0, 10203.0, 10176.0, 10191.0, 10192.0, 10185.0, 10190.0, 10179.0, 10204.0, 10168.0, 10192.0, 10171.0, 10184.0, 10207.0, 10168.0, 10217.0, 10149.0, 10170.0, 10166.0, 10161.0, 10171.0, 10176.0, 10165.0, 10183.0, 10187.0, 10181.0, 10158.0, 10156.0, 10181.0, 10178.0, 10191.0, 10181.0, 10194.0, 10185.0, 10171.0, 10187.0, 10205.0, 10189.0, 10201.0, 10180.0, 10189.0, 10171.0, 10183.0, 10177.0, 10208.0, 10207.0, 10176.0, 10191.0, 10182.0, 10181.0, 10204.0, 10198.0, 10175.0, 10210.0, 10184.0, 10180.0, 10211.0, 10194.0, 10223.0, 10224.0, 10181.0, 10214.0, 10198.0, 10225.0, 10216.0, 10171.0, 10195.0, 10183.0, 10166.0, 10161.0, 10159.0, 10170.0, 10169.0, 10175.0, 10168.0, 10159.0, 10180.0, 10165.0, 10176.0, 10176.0, 10173.0, 10177.0, 10160.0, 10190.0, 10174.0, 10171.0, 10187.0, 10189.0, 10175.0, 10178.0, 10168.0, 10190.0, 10184.0, 10197.0, 10153.0, 10169.0, 10157.0, 10164.0, 10173.0, 10180.0, 10222.0, 10209.0, 10168.0, 10165.0, 10156.0, 10202.0, 10170.0, 10194.0, 10197.0, 10185.0, 10190.0, 10199.0, 10170.0, 10173.0, 10196.0, 10195.0, 10209.0, 10197.0, 10216.0, 10204.0, 10224.0, 10199.0, 10185.0, 10188.0, 10176.0, 10197.0, 10170.0, 10175.0, 10186.0, 10172.0, 10184.0, 10141.0, 10185.0, 10182.0, 10166.0, 10156.0, 10179.0, 10150.0, 10165.0, 10156.0, 10164.0, 10158.0, 10149.0, 10180.0, 10155.0, 10174.0, 10161.0, 10155.0, 10184.0, 10154.0, 10193.0, 10185.0, 10183.0, 10217.0, 10167.0, 10168.0, 10177.0, 10179.0, 10207.0, 10153.0, 10171.0, 10139.0, 10151.0, 10183.0, 10162.0, 10167.0, 10172.0, 10194.0, 10160.0, 10144.0, 10192.0, 10159.0, 10177.0, 10154.0, 10181.0, 10194.0, 10155.0, 10160.0, 10206.0, 10184.0, 10176.0, 10175.0, 10192.0, 10167.0, 10167.0, 10170.0, 10199.0, 10190.0, 10136.0, 10184.0, 10152.0, 10153.0, 10183.0, 10156.0, 10173.0, 10176.0, 10156.0, 10183.0, 10166.0, 10162.0, 10172.0, 10169.0, 10153.0, 10190.0, 10178.0, 10213.0, 10195.0, 10201.0, 10198.0, 10225.0, 10202.0, 10177.0, 10167.0, 10153.0, 10169.0, 10149.0, 10158.0, 10182.0, 10170.0, 10143.0, 10152.0, 10144.0, 10148.0, 10143.0, 10118.0, 10125.0, 10110.0, 10133.0, 10133.0, 10120.0, 10141.0, 10134.0, 10127.0, 10169.0, 10179.0, 10157.0, 10186.0, 10174.0, 10160.0, 10207.0, 10181.0, 10160.0, 10189.0, 10160.0, 10198.0, 10201.0, 10201.0, 10170.0, 10180.0, 10171.0, 10186.0, 10185.0, 10154.0, 10196.0, 10155.0, 10197.0, 10144.0, 10195.0, 10182.0, 10151.0, 10178.0, 10164.0, 10167.0, 10164.0, 10164.0, 10183.0, 10165.0, 10156.0, 10186.0, 10142.0, 10178.0, 10157.0, 10140.0, 10173.0, 10161.0, 10176.0, 10148.0, 10138.0, 10188.0, 10158.0, 10145.0, 10150.0, 10158.0, 10169.0, 10196.0, 10157.0, 10204.0, 10186.0, 10174.0, 10201.0, 10181.0, 10159.0, 10150.0, 10145.0, 10161.0, 10128.0, 10132.0, 10158.0, 10161.0, 10142.0, 10141.0, 10164.0, 10187.0, 10161.0, 10183.0, 10175.0, 10150.0, 10171.0, 10156.0, 10146.0, 10139.0, 10174.0, 10142.0, 10181.0, 10152.0, 10171.0, 10180.0, 10174.0, 10146.0, 10148.0, 10193.0, 10147.0, 10164.0, 10170.0, 10159.0, 10180.0, 10195.0, 10170.0, 10160.0, 10173.0, 10152.0, 10132.0, 10193.0, 10194.0, 10146.0, 10135.0, 10185.0, 10164.0, 10203.0, 10183.0, 10158.0, 10164.0, 10167.0, 10158.0, 10160.0, 10162.0, 10146.0, 10138.0, 10166.0, 10146.0, 10131.0, 10161.0, 10159.0, 10132.0, 10143.0, 10152.0, 10159.0, 10155.0, 10167.0, 10136.0, 10165.0, 10142.0, 10152.0, 10151.0, 10152.0, 10209.0, 10175.0, 10145.0, 10170.0, 10161.0, 10131.0, 10139.0, 10157.0, 10163.0, 10127.0, 10165.0, 10154.0, 10165.0, 10153.0, 10163.0, 10154.0, 10143.0, 10138.0, 10147.0, 10150.0, 10182.0, 10143.0, 10145.0, 10140.0, 10144.0, 10154.0, 10200.0, 10188.0, 10157.0, 10179.0, 10174.0, 10137.0, 10149.0, 10173.0, 10135.0, 10154.0, 10164.0, 10140.0, 10156.0, 10195.0, 10169.0, 10178.0, 10187.0, 10151.0, 10183.0, 10198.0, 10193.0, 10201.0, 10154.0, 10180.0, 10149.0, 10200.0, 10167.0, 10138.0, 10162.0, 10148.0, 10166.0, 10144.0, 10144.0, 10147.0, 10145.0, 10157.0, 10139.0, 10135.0, 10162.0, 10139.0, 10181.0, 10164.0, 10121.0, 10158.0, 10146.0, 10150.0, 10158.0, 10166.0, 10138.0, 10118.0, 10170.0, 10141.0, 10152.0, 10182.0, 10149.0, 10175.0, 10142.0, 10155.0, 10159.0, 10167.0, 10168.0, 10163.0, 10131.0], "WindowWidth": [21702.0, 21636.0, 21660.0, 21670.0, 21637.0, 21628.0, 21623.0, 21611.0, 21672.0, 21672.0, 21679.0, 21599.0, 21658.0, 21615.0, 21679.0, 21600.0, 21616.0, 21585.0, 21593.0, 21674.0, 21639.0, 21629.0, 21668.0, 21690.0, 21631.0, 21669.0, 21645.0, 21627.0, 21614.0, 21664.0, 21601.0, 21624.0, 21615.0, 21686.0, 21671.0, 21598.0, 21628.0, 21666.0, 21601.0, 21707.0, 21648.0, 21605.0, 21603.0, 21658.0, 21657.0, 21674.0, 21671.0, 21660.0, 21678.0, 21607.0, 21619.0, 21682.0, 21666.0, 21700.0, 21702.0, 21719.0, 21696.0, 21696.0, 21736.0, 21700.0, 21700.0, 21695.0, 21635.0, 21662.0, 21673.0, 21675.0, 21623.0, 21647.0, 21651.0, 21637.0, 21644.0, 21623.0, 21665.0, 21598.0, 21640.0, 21606.0, 21637.0, 21676.0, 21600.0, 21693.0, 21566.0, 21601.0, 21591.0, 21578.0, 21598.0, 21607.0, 21588.0, 21621.0, 21628.0, 21617.0, 21571.0, 21569.0, 21628.0, 21621.0, 21648.0, 21628.0, 21649.0, 21628.0, 21601.0, 21635.0, 21670.0, 21640.0, 21658.0, 21623.0, 21636.0, 21605.0, 21629.0, 21614.0, 21678.0, 21681.0, 21619.0, 21645.0, 21630.0, 21626.0, 21669.0, 21653.0, 21614.0, 21682.0, 21634.0, 21632.0, 21693.0, 21656.0, 21713.0, 21708.0, 21629.0, 21692.0, 21667.0, 21712.0, 21693.0, 21607.0, 21645.0, 21624.0, 21589.0, 21582.0, 21573.0, 21587.0, 21590.0, 21599.0, 21589.0, 21574.0, 21619.0, 21588.0, 21605.0, 21601.0, 21598.0, 21605.0, 21573.0, 21633.0, 21608.0, 21598.0, 21627.0, 21628.0, 21602.0, 21608.0, 21590.0, 21638.0, 21620.0, 21641.0, 21559.0, 21585.0, 21566.0, 21580.0, 21605.0, 21628.0, 21692.0, 21668.0, 21593.0, 21582.0, 21564.0, 21652.0, 21603.0, 21646.0, 21645.0, 21627.0, 21637.0, 21653.0, 21597.0, 21606.0, 21655.0, 21662.0, 21682.0, 21658.0, 21694.0, 21670.0, 21704.0, 21656.0, 21630.0, 21634.0, 21614.0, 21651.0, 21596.0, 21604.0, 21629.0, 21596.0, 21619.0, 21538.0, 21612.0, 21610.0, 21578.0, 21565.0, 21602.0, 21555.0, 21585.0, 21561.0, 21576.0, 21564.0, 21550.0, 21614.0, 21568.0, 21601.0, 21575.0, 21565.0, 21625.0, 21566.0, 21631.0, 21617.0, 21618.0, 21682.0, 21587.0, 21591.0, 21607.0, 21616.0, 21667.0, 21559.0, 21591.0, 21531.0, 21554.0, 21614.0, 21580.0, 21592.0, 21594.0, 21639.0, 21575.0, 21544.0, 21633.0, 21576.0, 21601.0, 21562.0, 21609.0, 21636.0, 21564.0, 21567.0, 21658.0, 21622.0, 21608.0, 21609.0, 21641.0, 21592.0, 21592.0, 21596.0, 21645.0, 21631.0, 21527.0, 21612.0, 21558.0, 21563.0, 21618.0, 21569.0, 21595.0, 21599.0, 21568.0, 21619.0, 21588.0, 21574.0, 21599.0, 21596.0, 21562.0, 21632.0, 21619.0, 21696.0, 21665.0, 21681.0, 21670.0, 21714.0, 21667.0, 21610.0, 21583.0, 21559.0, 21590.0, 21547.0, 21565.0, 21615.0, 21586.0, 21534.0, 21548.0, 21540.0, 21542.0, 21523.0, 21472.0, 21489.0, 21457.0, 21495.0, 21500.0, 21480.0, 21517.0, 21508.0, 21502.0, 21581.0, 21604.0, 21564.0, 21621.0, 21594.0, 21567.0, 21659.0, 21612.0, 21568.0, 21633.0, 21580.0, 21654.0, 21658.0, 21654.0, 21597.0, 21613.0, 21597.0, 21625.0, 21617.0, 21566.0, 21642.0, 21563.0, 21643.0, 21547.0, 21638.0, 21617.0, 21556.0, 21603.0, 21580.0, 21581.0, 21581.0, 21586.0, 21617.0, 21582.0, 21566.0, 21628.0, 21538.0, 21603.0, 21564.0, 21528.0, 21593.0, 21566.0, 21595.0, 21544.0, 21523.0, 21613.0, 21560.0, 21537.0, 21546.0, 21565.0, 21586.0, 21635.0, 21570.0, 21659.0, 21630.0, 21610.0, 21654.0, 21611.0, 21571.0, 21549.0, 21533.0, 21561.0, 21503.0, 21510.0, 21557.0, 21565.0, 21533.0, 21529.0, 21575.0, 21621.0, 21575.0, 21614.0, 21594.0, 21549.0, 21586.0, 21555.0, 21540.0, 21531.0, 21594.0, 21532.0, 21609.0, 21562.0, 21595.0, 21613.0, 21602.0, 21542.0, 21545.0, 21632.0, 21545.0, 21572.0, 21591.0, 21565.0, 21605.0, 21637.0, 21582.0, 21564.0, 21592.0, 21549.0, 21513.0, 21624.0, 21623.0, 21531.0, 21520.0, 21616.0, 21576.0, 21647.0, 21611.0, 21556.0, 21566.0, 21578.0, 21566.0, 21566.0, 21572.0, 21540.0, 21524.0, 21575.0, 21541.0, 21510.0, 21565.0, 21560.0, 21509.0, 21530.0, 21553.0, 21568.0, 21555.0, 21581.0, 21521.0, 21573.0, 21530.0, 21550.0, 21549.0, 21557.0, 21665.0, 21601.0, 21543.0, 21589.0, 21575.0, 21507.0, 21525.0, 21559.0, 21574.0, 21504.0, 21574.0, 21566.0, 21574.0, 21552.0, 21574.0, 21548.0, 21525.0, 21521.0, 21537.0, 21538.0, 21602.0, 21533.0, 21540.0, 21530.0, 21533.0, 21562.0, 21649.0, 21627.0, 21563.0, 21602.0, 21595.0, 21519.0, 21542.0, 21592.0, 21516.0, 21552.0, 21579.0, 21532.0, 21561.0, 21637.0, 21582.0, 21600.0, 21619.0, 21547.0, 21615.0, 21645.0, 21640.0, 21654.0, 21568.0, 21609.0, 21550.0, 21645.0, 21580.0, 21527.0, 21571.0, 21540.0, 21577.0, 21536.0, 21529.0, 21535.0, 21534.0, 21557.0, 21518.0, 21517.0, 21564.0, 21521.0, 21603.0, 21562.0, 21484.0, 21561.0, 21533.0, 21546.0, 21558.0, 21573.0, 21518.0, 21480.0, 21580.0, 21523.0, 21542.0, 21605.0, 21547.0, 21597.0, 21534.0, 21557.0, 21564.0, 21573.0, 21576.0, 21570.0, 21506.0]}, "slices": {}}}