{
    "AcquisitionMatrixPE": 96,
    "AcquisitionNumber": 1,
    "AcquisitionTime": "07:51:4.710000",
    "BandwidthPerPixelPhaseEncode": 33.602,
    "BaseResolution": 96,
    "BodyPartExamined": "BRAIN",
    "ConsistencyInfo": "N4_VD11D_LATEST_20110129",
    "ConversionSoftware": "dcm2niix",
    "ConversionSoftwareVersion": "v1.0.20210317",
    "DerivedVendorReportedEchoSpacing": 0.000620003,
    "DeviceSerialNumber": "45239",
    "DwellTime": 2.6e-06,
    "EchoTime": 0.03,
    "EchoTrainLength": 48,
    "EffectiveEchoSpacing": 0.000310001,
    "FlipAngle": 63,
    "ImageComments": "Unaliased MB4/PE3",
    "ImageOrientationPatientDICOM": [
        0.998707,
        0.0458648,
        -0.0219436,
        -0.0507239,
        0.869148,
        -0.491944
    ],
    "ImageType": [
        "ORIGINAL",
        "PRIMARY",
        "M",
        "ND",
        "NORM",
        "MOSAIC"
    ],
    "ImagingFrequency": 123.193,
    "InPlanePhaseEncodingDirectionDICOM": "COL",
    "InstitutionAddress": "E 24th St. 100,Austin,Southmiddle,US,78712",
    "InstitutionName": "Univ of Texas at Austin",
    "InstitutionalDepartmentName": "IRC",
    "MRAcquisitionType": "2D",
    "MagneticFieldStrength": 3,
    "Manufacturer": "Siemens",
    "ManufacturersModelName": "Skyra",
    "Modality": "MR",
    "MultibandAccelerationFactor": 4,
    "ParallelReductionFactorInPlane": 2,
    "PartialFourier": 1,
    "PatientPosition": "HFS",
    "PercentPhaseFOV": 100,
    "PercentSampling": 100,
    "PhaseEncodingDirection": "j-",
    "PhaseEncodingSteps": 96,
    "PhaseResolution": 1,
    "PixelBandwidth": 2005,
    "ProcedureStepDescription": "Poldrack2^self-scanning",
    "ProtocolName": "Breath_Hold",
    "PulseSequenceDetails": "%CustomerSeq%\\cmrr_mbep2d_bold",
    "ReceiveCoilActiveElements": "HEA;HEP",
    "ReceiveCoilName": "Head_32",
    "ReconMatrixPE": 96,
    "RefLinesPE": 94,
    "RepetitionTime": 1.16,
    "SAR": 0.106644,
    "ScanOptions": "FS",
    "ScanningSequence": "EP",
    "SequenceName": "epfid2d1_96",
    "SequenceVariant": "SK",
    "SeriesDescription": "Breath_Hold",
    "SeriesNumber": 8,
    "ShimSetting": [
        -2776,
        8032,
        -15408,
        154,
        -98,
        54,
        262,
        -155
    ],
    "SliceThickness": 2,
    "SliceTiming": [
        0,
        0.5,
        0.9975,
        0.3575,
        0.855,
        0.215,
        0.7125,
        0.0725,
        0.57,
        1.0675,
        0.4275,
        0.925,
        0.285,
        0.7825,
        0.1425,
        0.6425,
        0,
        0.5,
        0.9975,
        0.3575,
        0.855,
        0.215,
        0.7125,
        0.0725,
        0.57,
        1.0675,
        0.4275,
        0.925,
        0.285,
        0.7825,
        0.1425,
        0.6425,
        0,
        0.5,
        0.9975,
        0.3575,
        0.855,
        0.215,
        0.7125,
        0.0725,
        0.57,
        1.0675,
        0.4275,
        0.925,
        0.285,
        0.7825,
        0.1425,
        0.6425,
        0,
        0.5,
        0.9975,
        0.3575,
        0.855,
        0.215,
        0.7125,
        0.0725,
        0.57,
        1.0675,
        0.4275,
        0.925,
        0.285,
        0.7825,
        0.1425,
        0.6425
    ],
    "SoftwareVersions": "syngo MR D11",
    "SpacingBetweenSlices": 2.4,
    "StationName": "AWP45239",
    "TaskName": "Breath holding task",
    "TotalReadoutTime": 0.0294501,
    "TxRefAmp": 351.256,
    "WipMemBlock": "630b3ca1-f013-4184-a3c2-db578ed9570e||Sequence: VD11D r206; Feb 13 2013 18:52:04 by eja",
    "dcmmeta_affine": [
        [
            -2.3927345275878906,
            -0.1215260848402977,
            0.00837751105427742,
            121.4291000366211
        ],
        [
            -0.10988438874483109,
            2.08233380317688,
            -1.181809425354004,
            -70.76376342773438
        ],
        [
            -0.05257328599691391,
            1.1786152124404907,
            2.088840961456299,
            -76.44495391845703
        ],
        [
            0.0,
            0.0,
            0.0,
            1.0
        ]
    ],
    "dcmmeta_reorient_transform": [
        [
            0.0,
            -1.0,
            0.0,
            95.0
        ],
        [
            1.0,
            0.0,
            0.0,
            0.0
        ],
        [
            0.0,
            0.0,
            1.0,
            0.0
        ],
        [
            0.0,
            0.0,
            0.0,
            1.0
        ]
    ],
    "dcmmeta_shape": [
        96,
        96,
        64,
        318
    ],
    "dcmmeta_slice_dim": 2,
    "dcmmeta_version": 0.6,
    "global": {
        "const": {
            "AcquisitionMatrix": [
                96,
                0,
                0,
                96
            ],
            "AngioFlag": "N",
            "BitsAllocated": 16,
            "BitsStored": 16,
            "BodyPartExamined": "BRAIN",
            "Columns": 768,
            "EchoNumbers": 1,
            "EchoTime": 30.0,
            "EchoTrainLength": 48,
            "FlipAngle": 63.0,
            "HighBit": 15,
            "ImageOrientationPatient": [
                0.99870661264187,
                0.04586478835024,
                -0.0219436335869,
                -0.0507239329097,
                0.86914809326633,
                -0.4919437717887
            ],
            "ImagePositionPatient": [
                -873.01015145705,
                -863.64330128216,
                449.20284417761
            ],
            "ImageType": [
                "ORIGINAL",
                "PRIMARY",
                "M",
                "ND",
                "NORM",
                "MOSAIC"
            ],
            "ImagedNucleus": "1H",
            "ImagingFrequency": 123.19319,
            "InPlanePhaseEncodingDirection": "COL",
            "MRAcquisitionType": "2D",
            "MagneticFieldStrength": 3.0,
            "Manufacturer": "SIEMENS",
            "ManufacturerModelName": "Skyra",
            "Modality": "MR",
            "NumberOfAverages": 1.0,
            "NumberOfPhaseEncodingSteps": 96,
            "PercentPhaseFieldOfView": 100.0,
            "PercentSampling": 100.0,
            "PerformedProcedureStepStartTime": "072635.812000",
            "PhotometricInterpretation": "MONOCHROME2",
            "PixelBandwidth": 2005.0,
            "PixelRepresentation": 0,
            "PixelSpacing": [
                2.3958332538605,
                2.3958332538605
            ],
            "ProtocolName": "Breath_Hold",
            "RepetitionTime": 1160.0,
            "Rows": 768,
            "SAR": 0.10664433364512,
            "SamplesPerPixel": 1,
            "ScanOptions": "FS",
            "ScanningSequence": "EP",
            "SequenceName": "epfid2d1_96",
            "SequenceVariant": "SK",
            "SeriesDescription": "Breath_Hold",
            "SeriesNumber": 8,
            "SeriesTime": "075143.765000",
            "SliceLocation": -31.264496645117,
            "SliceThickness": 2.0,
            "SmallestImagePixelValue": 0,
            "SoftwareVersions": "syngo MR D11",
            "SpacingBetweenSlices": 2.4000000356959,
            "SpecificCharacterSet": "ISO_IR 100",
            "StudyID": "1",
            "StudyTime": "072635.781000",
            "TransmitCoilName": "Body",
            "VariableFlipAngleFlag": "N",
            "WindowCenterWidthExplanation": "Algo1",
            "dBdt": 0.0
        },
