{"AcquisitionMatrixPE": 256, "AcquisitionNumber": 1, "AcquisitionTime": "16:13:31.195000", "BaseResolution": 256, "BodyPartExamined": "BRAIN", "ConsistencyInfo": "N4_VD11D_LATEST_20110129", "ConversionSoftware": "dcm2niix", "ConversionSoftwareVersion": "v1.0.20210317", "DeviceSerialNumber": "45239", "DwellTime": 3.4e-06, "EchoTime": 0.56, "EchoTrainLength": 292, "FlipAngle": 120, "ImageOrientationPatientDICOM": [0.000865873, 0.998854, -0.0478607, 0.0235498, -0.0478678, -0.998576], "ImageType": ["ORIGINAL", "PRIMARY", "M", "ND", "NORM"], "ImagingFrequency": 123.193, "InPlanePhaseEncodingDirectionDICOM": "ROW", "InstitutionAddress": "E 24th St. 100,Austin,Southmiddle,US,78712", "InstitutionName": "Univ of Texas at Austin", "InstitutionalDepartmentName": "IRC", "MRAcquisitionType": "3D", "MagneticFieldStrength": 3, "Manufacturer": "Siemens", "ManufacturersModelName": "Skyra", "Modality": "MR", "ParallelReductionFactorInPlane": 2, "PartialFourier": 1, "PatientPosition": "HFS", "PercentPhaseFOV": 100, "PercentSampling": 100, "PhaseEncodingDirection": "i", "PhaseEncodingSteps": 260, "PhaseOversampling": 0.1, "PhaseResolution": 1, "PixelBandwidth": 575, "ProcedureStepDescription": "Poldrack2^self-scanning", "ProtocolName": "T2w_SPC1_PMC", "PulseSequenceDetails": "%SiemensSeq%\\tse_vfl", "ReceiveCoilActiveElements": "HEA;HEP", "ReceiveCoilName": "Head_32", "ReconMatrixPE": 256, "RefLinesPE": 32, "RepetitionTime": 3.2, "SAR": 0.158662, "ScanOptions": "PFP", "ScanningSequence": "SE", "SequenceName": "*spc3d1_314ns", "SequenceVariant": "SK\\SP\\OSP", "SeriesDescription": "T2w_SPC1_PMC", "SeriesNumber": 6, "ShimSetting": [-2784, 8027, -15510, 22, -219, -99, 105, -46], "SliceThickness": 0.8, "SoftwareVersions": "syngo MR D11", "StationName": "AWP45239", "TxRefAmp": 333.964, "dcmmeta_affine": [[0.7997778654098511, 0.0006933744880370796, 0.01885826140642166, -100.70914459228516], [0.00020997693354729563, 0.7998632788658142, -0.03833162784576416, -110.03422546386719], [-0.018851423636078835, 0.03832593187689781, 0.799640953540802, -87.3305435180664], [0.0, 0.0, 0.0, 1.0]], "dcmmeta_reorient_transform": [[0.0, 0.0, -1.0, 255.0], [0.0, -1.0, 0.0, 255.0], [-1.0, 0.0, 0.0, 255.0], [0.0, 0.0, 0.0, 1.0]], "dcmmeta_shape": [256, 256, 256], "dcmmeta_slice_dim": 0, "dcmmeta_version": 0.6, "global": {"const": {"AcquisitionMatrix": [0, 256, 256, 0], "AcquisitionNumber": 1, "AcquisitionTime": "161331.195000", "AngioFlag": "N", "BitsAllocated": 16, "BitsStored": 12, "BodyPartExamined": "BRAIN", "Columns": 256, "EchoNumbers": 1, "EchoTime": 560.0, "EchoTrainLength": 292, "FlipAngle": 120.0, "HighBit": 11, "ImageOrientationPatient": [0.00086587255489, 0.99885364585783, -0.0478606771917, 0.02354982837955, -0.0478677894352, -0.9985760263084], "ImageType": ["ORIGINAL", "PRIMARY", "M", "ND", "NORM"], "ImagedNucleus": "1H", "ImagingFrequency": 123.193073, "InPlanePhaseEncodingDirection": "ROW", "MRAcquisitionType": "3D", "MagneticFieldStrength": 3.0, "Manufacturer": "SIEMENS", "ManufacturerModelName": "Skyra", "Modality": "MR", "NumberOfAverages": 1.0, "NumberOfPhaseEncodingSteps": 260, "PercentPhaseFieldOfView": 100.0, "PercentSampling": 100.0, "PerformedProcedureStepStartTime": "160045.843000", "PhotometricInterpretation": "MONOCHROME2", "PixelBandwidth": 575.0, "PixelRepresentation": 0, "PixelSpacing": [0.80078125, 0.80078125], "ProtocolName": "T2w_SPC1_PMC", "RepetitionTime": 3200.0, "Rows": 256, "SAR": 0.15866219489125, "SamplesPerPixel": 1, "ScanOptions": "PFP", "ScanningSequence": "SE", "SequenceName": "*spc3d1_314ns", "SequenceVariant": ["SK", "SP", "OSP"], "SeriesDescription": "T2w_SPC1_PMC", "SeriesNumber": 6, "SeriesTime": "162032.203000", "SliceThickness": 0.80000001192093, "SmallestImagePixelValue": 0, "SoftwareVersions": "syngo MR D11", "SpecificCharacterSet": "ISO_IR 100", "StudyID": "1", "StudyTime": "160044.312000", "TransmitCoilName": "Body", "VariableFlipAngleFlag": "Y", "WindowCenterWidthExplanation": "Algo1", "dBdt": 0.0}, "slices": {"ContentTime": ["162034.031000", "162034.031000", "162034.031000", "162034.031000", "162034.031000", "162034.031000", "162034.015000", "162034.015000", "162034.015000", "162034.000000", "162034.000000", "162034.000000", "162034.000000", "162034.000000", "162034.000000", "162033.984000", "162033.984000", "162033.984000", "162033.984000", "162033.984000", "162033.968000", "162033.968000", "162033.968000", "162033.968000", "162033.968000", "162033.953000", "162033.953000", "162033.953000", "162033.953000", "162033.953000", "162033.953000", "162033.906000", "162033.906000", "162033.906000", "162033.875000", "162033.859000", "162033.859000", "162033.859000", "162033.859000", "162033.859000", "162033.859000", "162033.859000", "162033.843000", "162033.843000", "162033.843000", "162033.843000", "162033.843000", "162033.843000", "162033.843000", "162033.843000", "162033.843000", "162033.828000", "162033.828000", "162033.828000", "162033.828000", "162033.828000", "162032.609000", "162032.609000", "162032.609000", "162032.609000", "162032.609000", "162032.609000", "162032.609000", "162032.593000", "162032.593000", "162032.593000", "162032.593000", "162032.593000", "162032.593000", "162032.578000", "162032.578000", "162032.578000", "162032.578000", "162032.578000", "162032.578000", "162032.578000", "162032.578000", "162032.578000", "162032.562000", "162032.562000", "162032.562000", "162032.562000", "162032.562000", "162032.562000", "162032.562000", "162032.562000", "162032.546000", "162032.546000", "162032.546000", "162032.546000", "162032.546000", "162032.546000", "162032.546000", "162032.546000", "162032.531000", "162032.531000", "162032.531000", "162032.531000", "162032.515000", "162032.515000", "162032.515000", "162032.515000", "162032.515000", "162032.515000", "162032.515000", "162032.515000", "162032.500000", "162032.500000", "162032.500000", "162032.500000", "162032.500000", "162032.500000", "162032.500000", "162032.500000", "162032.500000", "162032.484000", "162032.484000", "162032.484000", "162032.484000", "162032.484000", "162032.468000", "162032.468000", "162032.468000", "162032.468000", "162032.453000", "162032.453000", "162032.453000", "162032.453000", "162032.453000", "162032.453000", "162032.453000", "162032.453000", "162032.453000", "162032.437000", "162032.437000", "162032.437000", "162032.437000", "162032.437000", "162032.437000", "162032.437000", "162032.437000", "162032.437000", "162032.421000", "162032.421000", "162032.421000", "162032.421000", "162032.421000", "162032.421000", "162032.421000", "162032.406000", "162032.406000", "162032.406000", "162032.406000", "162032.406000", "162032.406000", "162032.406000", "162032.390000", "162032.390000", "162032.390000", "162032.390000", "162032.390000", "162032.390000", "162032.390000", "162032.390000", "162032.390000", "162032.375000", "162032.375000", "162032.375000", "162032.375000", "162032.375000", "162032.375000", "162032.375000", "162032.375000", "162032.359000", "162032.359000", "162032.359000", "162032.359000", "162032.359000", "162032.359000", "162032.343000", "162032.343000", "162032.343000", "162032.343000", "162032.343000", "162032.343000", "162032.343000", "162032.343000", "162032.343000", "162032.343000", "162032.328000", "162032.328000", "162032.328000", "162032.328000", "162032.328000", "162032.312000", "162032.312000", "162032.312000", "162032.312000", "162032.312000", "162032.312000", "162032.312000", "162032.312000", "162032.312000", "162032.296000", "162032.296000", "162032.296000", "162032.296000", "162032.296000", "162032.296000", "162032.296000", "162032.296000", "162032.296000", "162032.281000", "162032.281000", "162032.281000", "162032.281000", "162032.281000", "162032.281000", "162032.281000", "162032.281000", "162032.281000", "162032.281000", "162032.265000", "162032.265000", "162032.265000", "162032.265000", "162032.265000", "162032.265000", "162032.265000", "162032.265000", "162032.265000", "162032.250000", "162032.250000", "162032.234000", "162032.234000", "162032.234000", "162032.234000", "162032.234000", "162032.234000", "162032.234000", "162032.234000", "162032.218000", "162032.218000", "162032.218000", "162032.218000", "162032.218000", "162032.218000", "162032.218000", "162032.218000", "162032.218000", "162032.203000", "162032.203000", "162032.203000", "162032.203000", "162032.203000", "162032.203000"], "CsaImage.Actual3DImaPartNumber": [255, 254, 253, 252, 251, 250, 249, 248, 247, 246, 245, 244, 243, 242, 241, 240, 239, 238, 237, 236, 235, 234, 233, 232, 231, 230, 229, 228, 227, 226, 225, 224, 223, 222, 221, 220, 219, 218, 217, 216, 215, 214, 213, 212, 211, 210, 209, 208, 207, 206, 205, 204, 203, 202, 201, 200, 199, 198, 197, 196, 195, 194, 193, 192, 191, 190, 189, 188, 187, 186, 185, 184, 183, 182, 181, 180, 179, 178, 177, 176, 175, 174, 173, 172, 171, 170, 169, 168, 167, 166, 165, 164, 163, 162, 161, 160, 159, 158, 157, 156, 155, 154, 153, 152, 151, 150, 149, 148, 147, 146, 145, 144, 143, 142, 141, 140, 139, 138, 137, 136, 135, 134, 133, 132, 131, 130, 129, 128, 127, 126, 125, 124, 123, 122, 121, 120, 119, 118, 117, 116, 115, 114, 113, 112, 111, 110, 109, 108, 107, 106, 105, 104, 103, 102, 101, 100, 99, 98, 97, 96, 95, 94, 93, 92, 91, 90, 89, 88, 87, 86, 85, 84, 83, 82, 81, 80, 79, 78, 77, 76, 75, 74, 73, 72, 71, 70, 69, 68, 67, 66, 65, 64, 63, 62, 61, 60, 59, 58, 57, 56, 55, 54, 53, 52, 51, 50, 49, 48, 47, 46, 45, 44, 43, 42, 41, 40, 39, 38, 37, 36, 35, 34, 33, 32, 31, 30, 29, 28, 27, 26, 25, 24, 23, 22, 21, 20, 19, 18, 17, 16, 15, 14, 13, 12, 11, 10, 9, 8, 7, 6, 5, 4, 3, 2, 1, 0], "CsaImage.ICE_Dims": ["X_1_1_1_1_1_256_1_1_1_1_1_1227", "X_1_1_1_1_1_255_1_1_1_1_1_1227", "X_1_1_1_1_1_254_1_1_1_1_1_1227", "X_1_1_1_1_1_253_1_1_1_1_1_1227", "X_1_1_1_1_1_252_1_1_1_1_1_1227", "X_1_1_1_1_1_251_1_1_1_1_1_1227", "X_1_1_1_1_1_250_1_1_1_1_1_1227", "X_1_1_1_1_1_249_1_1_1_1_1_1227", "X_1_1_1_1_1_248_1_1_1_1_1_1227", "X_1_1_1_1_1_247_1_1_1_1_1_1227", "X_1_1_1_1_1_246_1_1_1_1_1_1227", "X_1_1_1_1_1_245_1_1_1_1_1_1227", "X_1_1_1_1_1_244_1_1_1_1_1_1227", "X_1_1_1_1_1_243_1_1_1_1_1_1227", "X_1_1_1_1_1_242_1_1_1_1_1_1227", "X_1_1_1_1_1_241_1_1_1_1_1_1227", "X_1_1_1_1_1_240_1_1_1_1_1_1227", "X_1_1_1_1_1_239_1_1_1_1_1_1227", "X_1_1_1_1_1_238_1_1_1_1_1_1227", "X_1_1_1_1_1_237_1_1_1_1_1_1227", "X_1_1_1_1_1_236_1_1_1_1_1_1227", "X_1_1_1_1_1_235_1_1_1_1_1_1227", "X_1_1_1_1_1_234_1_1_1_1_1_1227", "X_1_1_1_1_1_233_1_1_1_1_1_1227", "X_1_1_1_1_1_232_1_1_1_1_1_1227", "X_1_1_1_1_1_231_1_1_1_1_1_1227", "X_1_1_1_1_1_230_1_1_1_1_1_1227", "X_1_1_1_1_1_229_1_1_1_1_1_1227", "X_1_1_1_1_1_228_1_1_1_1_1_1227", "X_1_1_1_1_1_227_1_1_1_1_1_1227", "X_1_1_1_1_1_226_1_1_1_1_1_1227", "X_1_1_1_1_1_225_1_1_1_1_1_1227", "X_1_1_1_1_1_224_1_1_1_1_1_1227", "X_1_1_1_1_1_223_1_1_1_1_1_1227", "X_1_1_1_1_1_222_1_1_1_1_1_1227", "X_1_1_1_1_1_221_1_1_1_1_1_1227", "X_1_1_1_1_1_220_1_1_1_1_1_1227", "X_1_1_1_1_1_219_1_1_1_1_1_1227", "X_1_1_1_1_1_218_1_1_1_1_1_1227", "X_1_1_1_1_1_217_1_1_1_1_1_1227", "X_1_1_1_1_1_216_1_1_1_1_1_1227", "X_1_1_1_1_1_215_1_1_1_1_1_1227", "X_1_1_1_1_1_214_1_1_1_1_1_1227", "X_1_1_1_1_1_213_1_1_1_1_1_1227", "X_1_1_1_1_1_212_1_1_1_1_1_1227", "X_1_1_1_1_1_211_1_1_1_1_1_1227", "X_1_1_1_1_1_210_1_1_1_1_1_1227", "X_1_1_1_1_1_209_1_1_1_1_1_1227", "X_1_1_1_1_1_208_1_1_1_1_1_1227", "X_1_1_1_1_1_207_1_1_1_1_1_1227", "X_1_1_1_1_1_206_1_1_1_1_1_1227", "X_1_1_1_1_1_205_1_1_1_1_1_1227", "X_1_1_1_1_1_204_1_1_1_1_1_1227", "X_1_1_1_1_1_203_1_1_1_1_1_1227", "X_1_1_1_1_1_202_1_1_1_1_1_1227", "X_1_1_1_1_1_201_1_1_1_1_1_1227", "X_1_1_1_1_1_200_1_1_1_1_1_1227", "X_1_1_1_1_1_199_1_1_1_1_1_1227", "X_1_1_1_1_1_198_1_1_1_1_1_1227", "X_1_1_1_1_1_197_1_1_1_1_1_1227", "X_1_1_1_1_1_196_1_1_1_1_1_1227", "X_1_1_1_1_1_195_1_1_1_1_1_1227", "X_1_1_1_1_1_194_1_1_1_1_1_1227", "X_1_1_1_1_1_193_1_1_1_1_1_1227", "X_1_1_1_1_1_192_1_1_1_1_1_1227", "X_1_1_1_1_1_191_1_1_1_1_1_1227", "X_1_1_1_1_1_190_1_1_1_1_1_1227", "X_1_1_1_1_1_189_1_1_1_1_1_1227", "X_1_1_1_1_1_188_1_1_1_1_1_1227", "X_1_1_1_1_1_187_1_1_1_1_1_1227", "X_1_1_1_1_1_186_1_1_1_1_1_1227", "X_1_1_1_1_1_185_1_1_1_1_1_1227", "X_1_1_1_1_1_184_1_1_1_1_1_1227", "X_1_1_1_1_1_183_1_1_1_1_1_1227", "X_1_1_1_1_1_182_1_1_1_1_1_1227", "X_1_1_1_1_1_181_1_1_1_1_1_1227", "X_1_1_1_1_1_180_1_1_1_1_1_1227", "X_1_1_1_1_1_179_1_1_1_1_1_1227", "X_1_1_1_1_1_178_1_1_1_1_1_1227", "X_1_1_1_1_1_177_1_1_1_1_1_1227", "X_1_1_1_1_1_176_1_1_1_1_1_1227", "X_1_1_1_1_1_175_1_1_1_1_1_1227", "X_1_1_1_1_1_174_1_1_1_1_1_1227", "X_1_1_1_1_1_173_1_1_1_1_1_1227", "X_1_1_1_1_1_172_1_1_1_1_1_1227", "X_1_1_1_1_1_171_1_1_1_1_1_1227", "X_1_1_1_1_1_170_1_1_1_1_1_1227", "X_1_1_1_1_1_169_1_1_1_1_1_1227", "X_1_1_1_1_1_168_1_1_1_1_1_1227", "X_1_1_1_1_1_167_1_1_1_1_1_1227", "X_1_1_1_1_1_166_1_1_1_1_1_1227", "X_1_1_1_1_1_165_1_1_1_1_1_1227", "X_1_1_1_1_1_164_1_1_1_1_1_1227", "X_1_1_1_1_1_163_1_1_1_1_1_1227", "X_1_1_1_1_1_162_1_1_1_1_1_1227", "X_1_1_1_1_1_161_1_1_1_1_1_1227", "X_1_1_1_1_1_160_1_1_1_1_1_1227", "X_1_1_1_1_1_159_1_1_1_1_1_1227", "X_1_1_1_1_1_158_1_1_1_1_1_1227", "X_1_1_1_1_1_157_1_1_1_1_1_1227", "X_1_1_1_1_1_156_1_1_1_1_1_1227", "X_1_1_1_1_1_155_1_1_1_1_1_1227", "X_1_1_1_1_1_154_1_1_1_1_1_1227", "X_1_1_1_1_1_153_1_1_1_1_1_1227", "X_1_1_1_1_1_152_1_1_1_1_1_1227", "X_1_1_1_1_1_151_1_1_1_1_1_1227", "X_1_1_1_1_1_150_1_1_1_1_1_1227", "X_1_1_1_1_1_149_1_1_1_1_1_1227", "X_1_1_1_1_1_148_1_1_1_1_1_1227", "X_1_1_1_1_1_147_1_1_1_1_1_1227", "X_1_1_1_1_1_146_1_1_1_1_1_1227", "X_1_1_1_1_1_145_1_1_1_1_1_1227", "X_1_1_1_1_1_144_1_1_1_1_1_1227", "X_1_1_1_1_1_143_1_1_1_1_1_1227", "X_1_1_1_1_1_142_1_1_1_1_1_1227", "X_1_1_1_1_1_141_1_1_1_1_1_1227", "X_1_1_1_1_1_140_1_1_1_1_1_1227", "X_1_1_1_1_1_139_1_1_1_1_1_1227", "X_1_1_1_1_1_138_1_1_1_1_1_1227", "X_1_1_1_1_1_137_1_1_1_1_1_1227", "X_1_1_1_1_1_136_1_1_1_1_1_1227", "X_1_1_1_1_1_135_1_1_1_1_1_1227", "X_1_1_1_1_1_134_1_1_1_1_1_1227", "X_1_1_1_1_1_133_1_1_1_1_1_1227", "X_1_1_1_1_1_132_1_1_1_1_1_1227", "X_1_1_1_1_1_131_1_1_1_1_1_1227", "X_1_1_1_1_1_130_1_1_1_1_1_1227", "X_1_1_1_1_1_129_1_1_1_1_1_1227", "X_1_1_1_1_1_128_1_1_1_1_1_1227", "X_1_1_1_1_1_127_1_1_1_1_1_1227", "X_1_1_1_1_1_126_1_1_1_1_1_1227", "X_1_1_1_1_1_125_1_1_1_1_1_1227", "X_1_1_1_1_1_124_1_1_1_1_1_1227", "X_1_1_1_1_1_123_1_1_1_1_1_1227", "X_1_1_1_1_1_122_1_1_1_1_1_1227", "X_1_1_1_1_1_121_1_1_1_1_1_1227", "X_1_1_1_1_1_120_1_1_1_1_1_1227", "X_1_1_1_1_1_119_1_1_1_1_1_1227", "X_1_1_1_1_1_118_1_1_1_1_1_1227", "X_1_1_1_1_1_117_1_1_1_1_1_1227", "X_1_1_1_1_1_116_1_1_1_1_1_1227", "X_1_1_1_1_1_115_1_1_1_1_1_1227", "X_1_1_1_1_1_114_1_1_1_1_1_1227", "X_1_1_1_1_1_113_1_1_1_1_1_1227", "X_1_1_1_1_1_112_1_1_1_1_1_1227", "X_1_1_1_1_1_111_1_1_1_1_1_1227", "X_1_1_1_1_1_110_1_1_1_1_1_1227", "X_1_1_1_1_1_109_1_1_1_1_1_1227", "X_1_1_1_1_1_108_1_1_1_1_1_1227", "X_1_1_1_1_1_107_1_1_1_1_1_1227", "X_1_1_1_1_1_106_1_1_1_1_1_1227", "X_1_1_1_1_1_105_1_1_1_1_1_1227", "X_1_1_1_1_1_104_1_1_1_1_1_1227", "X_1_1_1_1_1_103_1_1_1_1_1_1227", "X_1_1_1_1_1_102_1_1_1_1_1_1227", "X_1_1_1_1_1_101_1_1_1_1_1_1227", "X_1_1_1_1_1_100_1_1_1_1_1_1227", "X_1_1_1_1_1_99_1_1_1_1_1_1227", "X_1_1_1_1_1_98_1_1_1_1_1_1227", "X_1_1_1_1_1_97_1_1_1_1_1_1227", "X_1_1_1_1_1_96_1_1_1_1_1_1227", "X_1_1_1_1_1_95_1_1_1_1_1_1227", "X_1_1_1_1_1_94_1_1_1_1_1_1227", "X_1_1_1_1_1_93_1_1_1_1_1_1227", "X_1_1_1_1_1_92_1_1_1_1_1_1227", "X_1_1_1_1_1_91_1_1_1_1_1_1227", "X_1_1_1_1_1_90_1_1_1_1_1_1227", "X_1_1_1_1_1_89_1_1_1_1_1_1227", "X_1_1_1_1_1_88_1_1_1_1_1_1227", "X_1_1_1_1_1_87_1_1_1_1_1_1227", "X_1_1_1_1_1_86_1_1_1_1_1_1227", "X_1_1_1_1_1_85_1_1_1_1_1_1227", "X_1_1_1_1_1_84_1_1_1_1_1_1227", "X_1_1_1_1_1_83_1_1_1_1_1_1227", "X_1_1_1_1_1_82_1_1_1_1_1_1227", "X_1_1_1_1_1_81_1_1_1_1_1_1227", "X_1_1_1_1_1_80_1_1_1_1_1_1227", "X_1_1_1_1_1_79_1_1_1_1_1_1227", "X_1_1_1_1_1_78_1_1_1_1_1_1227", "X_1_1_1_1_1_77_1_1_1_1_1_1227", "X_1_1_1_1_1_76_1_1_1_1_1_1227", "X_1_1_1_1_1_75_1_1_1_1_1_1227", "X_1_1_1_1_1_74_1_1_1_1_1_1227", "X_1_1_1_1_1_73_1_1_1_1_1_1227", "X_1_1_1_1_1_72_1_1_1_1_1_1227", "X_1_1_1_1_1_71_1_1_1_1_1_1227", "X_1_1_1_1_1_70_1_1_1_1_1_1227", "X_1_1_1_1_1_69_1_1_1_1_1_1227", "X_1_1_1_1_1_68_1_1_1_1_1_1227", "X_1_1_1_1_1_67_1_1_1_1_1_1227", "X_1_1_1_1_1_66_1_1_1_1_1_1227", "X_1_1_1_1_1_65_1_1_1_1_1_1227", "X_1_1_1_1_1_64_1_1_1_1_1_1227", "X_1_1_1_1_1_63_1_1_1_1_1_1227", "X_1_1_1_1_1_62_1_1_1_1_1_1227", "X_1_1_1_1_1_61_1_1_1_1_1_1227", "X_1_1_1_1_1_60_1_1_1_1_1_1227", "X_1_1_1_1_1_59_1_1_1_1_1_1227", "X_1_1_1_1_1_58_1_1_1_1_1_1227", "X_1_1_1_1_1_57_1_1_1_1_1_1227", "X_1_1_1_1_1_56_1_1_1_1_1_1227", "X_1_1_1_1_1_55_1_1_1_1_1_1227", "X_1_1_1_1_1_54_1_1_1_1_1_1227", "X_1_1_1_1_1_53_1_1_1_1_1_1227", "X_1_1_1_1_1_52_1_1_1_1_1_1227", "X_1_1_1_1_1_51_1_1_1_1_1_1227", "X_1_1_1_1_1_50_1_1_1_1_1_1227", "X_1_1_1_1_1_49_1_1_1_1_1_1227", "X_1_1_1_1_1_48_1_1_1_1_1_1227", "X_1_1_1_1_1_47_1_1_1_1_1_1227", "X_1_1_1_1_1_46_1_1_1_1_1_1227", "X_1_1_1_1_1_45_1_1_1_1_1_1227", "X_1_1_1_1_1_44_1_1_1_1_1_1227", "X_1_1_1_1_1_43_1_1_1_1_1_1227", "X_1_1_1_1_1_42_1_1_1_1_1_1227", "X_1_1_1_1_1_41_1_1_1_1_1_1227", "X_1_1_1_1_1_40_1_1_1_1_1_1227", "X_1_1_1_1_1_39_1_1_1_1_1_1227", "X_1_1_1_1_1_38_1_1_1_1_1_1227", "X_1_1_1_1_1_37_1_1_1_1_1_1227", "X_1_1_1_1_1_36_1_1_1_1_1_1227", "X_1_1_1_1_1_35_1_1_1_1_1_1227", "X_1_1_1_1_1_34_1_1_1_1_1_1227", "X_1_1_1_1_1_33_1_1_1_1_1_1227", "X_1_1_1_1_1_32_1_1_1_1_1_1227", "X_1_1_1_1_1_31_1_1_1_1_1_1227", "X_1_1_1_1_1_30_1_1_1_1_1_1227", "X_1_1_1_1_1_29_1_1_1_1_1_1227", "X_1_1_1_1_1_28_1_1_1_1_1_1227", "X_1_1_1_1_1_27_1_1_1_1_1_1227", "X_1_1_1_1_1_26_1_1_1_1_1_1227", "X_1_1_1_1_1_25_1_1_1_1_1_1227", "X_1_1_1_1_1_24_1_1_1_1_1_1227", "X_1_1_1_1_1_23_1_1_1_1_1_1227", "X_1_1_1_1_1_22_1_1_1_1_1_1227", "X_1_1_1_1_1_21_1_1_1_1_1_1227", "X_1_1_1_1_1_20_1_1_1_1_1_1227", "X_1_1_1_1_1_19_1_1_1_1_1_1227", "X_1_1_1_1_1_18_1_1_1_1_1_1227", "X_1_1_1_1_1_17_1_1_1_1_1_1227", "X_1_1_1_1_1_16_1_1_1_1_1_1227", "X_1_1_1_1_1_15_1_1_1_1_1_1227", "X_1_1_1_1_1_14_1_1_1_1_1_1227", "X_1_1_1_1_1_13_1_1_1_1_1_1227", "X_1_1_1_1_1_12_1_1_1_1_1_1227", "X_1_1_1_1_1_11_1_1_1_1_1_1227", "X_1_1_1_1_1_10_1_1_1_1_1_1227", "X_1_1_1_1_1_9_1_1_1_1_1_1227", "X_1_1_1_1_1_8_1_1_1_1_1_1227", "X_1_1_1_1_1_7_1_1_1_1_1_1227", "X_1_1_1_1_1_6_1_1_1_1_1_1227", "X_1_1_1_1_1_5_1_1_1_1_1_1227", "X_1_1_1_1_1_4_1_1_1_1_1_1227", "X_1_1_1_1_1_3_1_1_1_1_1_1227", "X_1_1_1_1_1_2_1_1_1_1_1_1227", "X_1_1_1_1_1_1_1_1_1_1_1_1227"], "CsaImage.SlicePosition_PCS": [[95.72347453, -84.15634285, 126.35101509], [94.92369668, -84.15655283, 126.33216367], [94.12391884, -84.15676281, 126.31331225], [93.32414099, -84.15697278, 126.29446082], [92.52436315, -84.15718276, 126.2756094], [91.72458531, -84.15739274, 126.25675798], [90.92480746, -84.15760271, 126.23790655], [90.12502962, -84.15781269, 126.21905513], [89.32525178, -84.15802267, 126.2002037], [88.52547393, -84.15823265, 126.18135228], [87.72569609, -84.15844262, 126.16250086], [86.92591825, -84.1586526, 126.14364943], [86.1261404, -84.15886258, 126.12479801], [85.32636256, -84.15907255, 126.10594659], [84.52658472, -84.15928253, 126.08709516], [83.72680687, -84.15949251, 126.06824374], [82.92702903, -84.15970248, 126.04939231], [82.12725119, -84.15991246, 126.03054089], [81.32747334, -84.16012244, 126.01168947], [80.5276955, -84.16033241, 125.99283804], [79.72791766, -84.16054239, 125.97398662], [78.92813981, -84.16075237, 125.9551352], [78.12836197, -84.16096235, 125.93628377], [77.32858413, -84.16117232, 125.91743235], [76.52880628, -84.1613823, 125.89858092], [75.72902844, -84.16159228, 125.8797295], [74.9292506, -84.16180225, 125.86087808], [74.12947275, -84.16201223, 125.84202665], [73.32969491, -84.16222221, 125.82317523], [72.52991707, -84.16243218, 125.80432381], [71.73013922, -84.16264216, 125.78547238], [70.93036138, -84.16285214, 125.76662096], [70.13058354, -84.16306212, 125.74776953], [69.33080569, -84.16327209, 125.72891811], [68.53102785, -84.16348207, 125.71006669], [67.73125001, -84.16369205, 125.69121526], [66.93147216, -84.16390202, 125.67236384], [66.13169432, -84.164112, 125.65351242], [65.33191648, -84.16432198, 125.63466099], [64.53213863, -84.16453195, 125.61580957], [63.73236079, -84.16474193, 125.59695814], [62.93258295, -84.16495191, 125.57810672], [62.1328051, -84.16516188, 125.5592553], [61.33302726, -84.16537186, 125.54040387], [60.53324942, -84.16558184, 125.52155245], [59.73347157, -84.16579182, 125.50270103], [58.93369373, -84.16600179, 125.4838496], [58.13391588, -84.16621177, 125.46499818], [57.33413804, -84.16642175, 125.44614675], [56.5343602, -84.16663172, 125.42729533], [55.73458235, -84.1668417, 125.40844391], [54.93480451, -84.16705168, 125.38959248], [54.13502667, -84.16726165, 125.37074106], [53.33524882, -84.16747163, 125.35188964], [52.53547098, -84.16768161, 125.33303821], [51.73569314, -84.16789158, 125.31418679], [50.93591529, -84.16810156, 125.29533536], [50.13613745, -84.16831154, 125.27648394], [49.33635961, -84.16852152, 125.25763252], [48.53658176, -84.16873149, 125.23878109], [47.73680392, -84.16894147, 125.21992967], [46.93702608, -84.16915145, 125.20107825], [46.13724823, -84.16936142, 125.18222682], [45.33747039, -84.1695714, 125.1633754], [44.53769255, -84.16978138, 125.14452397], [43.7379147, -84.16999135, 125.12567255], [42.93813686, -84.17020133, 125.10682113], [42.13835902, -84.17041131, 125.0879697], [41.33858117, -84.17062128, 125.06911828], [40.53880333, -84.17083126, 125.05026686], [39.73902549, -84.17104124, 125.03141543], [38.93924764, -84.17125122, 125.01256401], [38.1394698, -84.17146119, 124.99371258], [37.33969196, -84.17167117, 124.97486116], [36.53991411, -84.17188115, 124.95600974], [35.74013627, -84.17209112, 124.93715831], [34.94035843, -84.1723011, 124.91830689], [34.14058058, -84.17251108, 124.89945547], [33.34080274, -84.17272105, 124.88060404], [32.5410249, -84.17293103, 124.86175262], [31.74124705, -84.17314101, 124.84290119], [30.94146921, -84.17335098, 124.82404977], [30.14169137, -84.17356096, 124.80519835], [29.34191352, -84.17377094, 124.78634692], [28.54213568, -84.17398092, 124.7674955], [27.74235784, -84.17419089, 124.74864408], [26.94257999, -84.17440087, 124.72979265], [26.14280215, -84.17461085, 124.71094123], [25.34302431, -84.17482082, 124.6920898], [24.54324646, -84.1750308, 124.67323838], [23.74346862, -84.17524078, 124.65438696], [22.94369077, -84.17545075, 124.63553553], [22.14391293, -84.17566073, 124.61668411], [21.34413509, -84.17587071, 124.59783269], [20.54435724, -84.17608068, 124.57898126], [19.7445794, -84.17629066, 124.56012984], [18.94480156, -84.17650064, 124.54127841], [18.14502371, -84.17671062, 124.52242699], [17.34524587, -84.17692059, 124.50357557], [16.54546803, -84.17713057, 124.48472414], [15.74569018, -84.17734055, 124.46587272], [14.94591234, -84.17755052, 124.4470213], [14.1461345, -84.1777605, 124.42816987], [13.34635665, -84.17797048, 124.40931845], [12.54657881, -84.17818045, 124.39046702], [11.74680097, -84.17839043, 124.3716156], [10.94702312, -84.17860041, 124.35276418], [10.14724528, -84.17881038, 124.33391275], [9.34746744, -84.17902036, 124.31506133], [8.54768959, -84.17923034, 124.29620991], [7.74791175, -84.17944032, 124.27735848], [6.94813391, -84.17965029, 124.25850706], [6.14835606, -84.17986027, 124.23965563], [5.34857822, -84.18007025, 124.22080421], [4.54880038, -84.18028022, 124.20195279], [3.74902253, -84.1804902, 124.18310136], [2.94924469, -84.18070018, 124.16424994], [2.14946685, -84.18091015, 124.14539852], [1.349689, -84.18112013, 124.12654709], [0.54991116, -84.18133011, 124.10769567], [-0.24986668, -84.18154008, 124.08884424], [-1.04964453, -84.18175006, 124.06999282], [-1.84942237, -84.18196004, 124.0511414], [-2.64920021, -84.18217002, 124.03228997], [-3.44897806, -84.18237999, 124.01343855], [-4.2487559, -84.18258997, 123.99458713], [-5.04853374, -84.18279995, 123.9757357], [-5.84831159, -84.18300992, 123.95688428], [-6.64808943, -84.1832199, 123.93803285], [-7.44786727, -84.18342988, 123.91918143], [-8.24764512, -84.18363985, 123.90033001], [-9.04742296, -84.18384983, 123.88147858], [-9.8472008, -84.18405981, 123.86262716], [-10.64697865, -84.18426979, 123.84377574], [-11.44675649, -84.18447976, 123.82492431], [-12.24653433, -84.18468974, 123.80607289], [-13.04631218, -84.18489972, 123.78722146], [-13.84609002, -84.18510969, 123.76837004], [-14.64586787, -84.18531967, 123.74951862], [-15.44564571, -84.18552965, 123.73066719], [-16.24542355, -84.18573962, 123.71181577], [-17.0452014, -84.1859496, 123.69296434], [-17.84497924, -84.18615958, 123.67411292], [-18.64475708, -84.18636955, 123.6552615], [-19.44453493, -84.18657953, 123.63641007], [-20.24431277, -84.18678951, 123.61755865], [-21.04409061, -84.18699949, 123.59870723], [-21.84386846, -84.18720946, 123.5798558], [-22.6436463, -84.18741944, 123.56100438], [-23.44342414, -84.18762942, 123.54215295], [-24.24320199, -84.18783939, 123.52330153], [-25.04297983, -84.18804937, 123.50445011], [-25.84275767, -84.18825935, 123.48559868], [-26.64253552, -84.18846932, 123.46674726], [-27.44231336, -84.1886793, 123.44789584], [-28.2420912, -84.18888928, 123.42904441], [-29.04186905, -84.18909925, 123.41019299], [-29.84164689, -84.18930923, 123.39134156], [-30.64142473, -84.18951921, 123.37249014], [-31.44120258, -84.18972919, 123.35363872], [-32.24098042, -84.18993916, 123.33478729], [-33.04075826, -84.19014914, 123.31593587], [-33.84053611, -84.19035912, 123.29708445], [-34.64031395, -84.19056909, 123.27823302], [-35.44009179, -84.19077907, 123.2593816], [-36.23986964, -84.19098905, 123.24053017], [-37.03964748, -84.19119902, 123.22167875], [-37.83942532, -84.191409, 123.20282733], [-38.63920317, -84.19161898, 123.1839759], [-39.43898101, -84.19182895, 123.16512448], [-40.23875885, -84.19203893, 123.14627306], [-41.0385367, -84.19224891, 123.12742163], [-41.83831454, -84.19245889, 123.10857021], [-42.63809238, -84.19266886, 123.08971878], [-43.43787023, -84.19287884, 123.07086736], [-44.23764807, -84.19308882, 123.05201594], [-45.03742591, -84.19329879, 123.03316451], [-45.83720376, -84.19350877, 123.01431309], [-46.6369816, -84.19371875, 122.99546167], [-47.43675944, -84.19392872, 122.97661024], [-48.23653729, -84.1941387, 122.95775882], [-49.03631513, -84.19434868, 122.93890739], [-49.83609298, -84.19455865, 122.92005597], [-50.63587082, -84.19476863, 122.90120455], [-51.43564866, -84.19497861, 122.88235312], [-52.23542651, -84.19518859, 122.8635017], [-53.03520435, -84.19539856, 122.84465028], [-53.83498219, -84.19560854, 122.82579885], [-54.63476004, -84.19581852, 122.80694743], [-55.43453788, -84.19602849, 122.788096], [-56.23431572, -84.19623847, 122.76924458], [-57.03409357, -84.19644845, 122.75039316], [-57.83387141, -84.19665842, 122.73154173], [-58.63364925, -84.1968684, 122.71269031], [-59.4334271, -84.19707838, 122.69383889], [-60.23320494, -84.19728835, 122.67498746], [-61.03298278, -84.19749833, 122.65613604], [-61.83276063, -84.19770831, 122.63728461], [-62.63253847, -84.19791829, 122.61843319], [-63.43231631, -84.19812826, 122.59958177], [-64.23209416, -84.19833824, 122.58073034], [-65.031872, -84.19854822, 122.56187892], [-65.83164984, -84.19875819, 122.5430275], [-66.63142769, -84.19896817, 122.52417607], [-67.43120553, -84.19917815, 122.50532465], [-68.23098337, -84.19938812, 122.48647322], [-69.03076122, -84.1995981, 122.4676218], [-69.83053906, -84.19980808, 122.44877038], [-70.6303169, -84.20001805, 122.42991895], [-71.43009475, -84.20022803, 122.41106753], [-72.22987259, -84.20043801, 122.39221611], [-73.02965043, -84.20064799, 122.37336468], [-73.82942828, -84.20085796, 122.35451326], [-74.62920612, -84.20106794, 122.33566183], [-75.42898396, -84.20127792, 122.31681041], [-76.22876181, -84.20148789, 122.29795899], [-77.02853965, -84.20169787, 122.27910756], [-77.82831749, -84.20190785, 122.26025614], [-78.62809534, -84.20211782, 122.24140472], [-79.42787318, -84.2023278, 122.22255329], [-80.22765102, -84.20253778, 122.20370187], [-81.02742887, -84.20274775, 122.18485044], [-81.82720671, -84.20295773, 122.16599902], [-82.62698455, -84.20316771, 122.1471476], [-83.4267624, -84.20337769, 122.12829617], [-84.22654024, -84.20358766, 122.10944475], [-85.02631809, -84.20379764, 122.09059333], [-85.82609593, -84.20400762, 122.0717419], [-86.62587377, -84.20421759, 122.05289048], [-87.42565162, -84.20442757, 122.03403905], [-88.22542946, -84.20463755, 122.01518763], [-89.0252073, -84.20484752, 121.99633621], [-89.82498515, -84.2050575, 121.97748478], [-90.62476299, -84.20526748, 121.95863336], [-91.42454083, -84.20547745, 121.93978194], [-92.22431868, -84.20568743, 121.92093051], [-93.02409652, -84.20589741, 121.90207909], [-93.82387436, -84.20610739, 121.88322766], [-94.62365221, -84.20631736, 121.86437624], [-95.42343005, -84.20652734, 121.84552482], [-96.22320789, -84.20673732, 121.82667339], [-97.02298574, -84.20694729, 121.80782197], [-97.82276358, -84.20715727, 121.78897055], [-98.62254142, -84.20736725, 121.77011912], [-99.42231927, -84.20757722, 121.7512677], [-100.22209711, -84.2077872, 121.73241627], [-101.02187495, -84.20799718, 121.71356485], [-101.8216528, -84.20820716, 121.69471343], [-102.62143064, -84.20841713, 121.675862], [-103.42120848, -84.20862711, 121.65701058], [-104.22098633, -84.20883709, 121.63815916], [-105.02076417, -84.20904706, 121.61930773], [-105.82054201, -84.20925704, 121.60045631], [-106.62031986, -84.20946702, 121.58160488], [-107.4200977, -84.20967699, 121.56275346], [-108.21987554, -84.20988697, 121.54390204]], "ImagePositionPatient": [[95.723474525047, -84.156342853316, 126.3510150943], [94.923696681639, -84.156552830246, 126.33216367055], [94.123918838232, -84.156762807176, 126.31331224679], [93.324140994824, -84.156972784106, 126.29446082304], [92.524363151417, -84.157182761036, 126.27560939929], [91.724585308009, -84.157392737967, 126.25675797553], [90.924807464601, -84.157602714897, 126.23790655178], [90.125029621194, -84.157812691827, 126.21905512802], [89.325251777786, -84.158022668757, 126.20020370427], [88.525473934379, -84.158232645687, 126.18135228052], [87.725696090971, -84.158442622618, 126.16250085676], [86.925918247564, -84.158652599548, 126.14364943301], [86.126140404156, -84.158862576478, 126.12479800925], [85.326362560749, -84.159072553408, 126.1059465855], [84.526584717341, -84.159282530338, 126.08709516175], [83.726806873934, -84.159492507269, 126.06824373799], [82.927029030526, -84.159702484199, 126.04939231424], [82.127251187118, -84.159912461129, 126.03054089048], [81.327473343711, -84.160122438059, 126.01168946673], [80.527695500303, -84.160332414989, 125.99283804298], [79.727917656896, -84.16054239192, 125.97398661922], [78.928139813488, -84.16075236885, 125.95513519547], [78.128361970081, -84.16096234578, 125.93628377171], [77.328584126673, -84.16117232271, 125.91743234796], [76.528806283266, -84.16138229964, 125.89858092421], [75.729028439858, -84.161592276571, 125.87972950045], [74.929250596451, -84.161802253501, 125.8608780767], [74.129472753043, -84.162012230431, 125.84202665294], [73.329694909635, -84.162222207361, 125.82317522919], [72.529917066228, -84.162432184291, 125.80432380544], [71.73013922282, -84.162642161222, 125.78547238168], [70.930361379413, -84.162852138152, 125.76662095793], [70.130583536005, -84.163062115082, 125.74776953417], [69.330805692598, -84.163272092012, 125.72891811042], [68.53102784919, -84.163482068942, 125.71006668667], [67.731250005783, -84.163692045873, 125.69121526291], [66.931472162375, -84.163902022803, 125.67236383916], [66.131694318968, -84.164111999733, 125.6535124154], [65.33191647556, -84.164321976663, 125.63466099165], [64.532138632152, -84.164531953593, 125.6158095679], [63.732360788745, -84.164741930524, 125.59695814414], [62.932582945337, -84.164951907454, 125.57810672039], [62.13280510193, -84.165161884384, 125.55925529663], [61.333027258522, -84.165371861314, 125.54040387288], [60.533249415115, -84.165581838244, 125.52155244913], [59.733471571707, -84.165791815175, 125.50270102537], [58.9336937283, -84.166001792105, 125.48384960162], [58.133915884892, -84.166211769035, 125.46499817786], [57.334138041485, -84.166421745965, 125.44614675411], [56.534360198077, -84.166631722895, 125.42729533036], [55.734582354669, -84.166841699826, 125.4084439066], [54.934804511262, -84.167051676756, 125.38959248285], [54.135026667854, -84.167261653686, 125.37074105909], [53.335248824447, -84.167471630616, 125.35188963534], [52.535470981039, -84.167681607546, 125.33303821159], [51.735693137632, -84.167891584477, 125.31418678783], [50.935915294224, -84.168101561407, 125.29533536408], [50.136137450817, -84.168311538337, 125.27648394032], [49.336359607409, -84.168521515267, 125.25763251657], [48.536581764002, -84.168731492197, 125.23878109282], [47.736803920594, -84.168941469128, 125.21992966906], [46.937026077187, -84.169151446058, 125.20107824531], [46.137248233779, -84.169361422988, 125.18222682155], [45.337470390371, -84.169571399918, 125.1633753978], [44.537692546964, -84.169781376849, 125.14452397405], [43.737914703556, -84.169991353779, 125.12567255029], [42.938136860149, -84.170201330709, 125.10682112654], [42.138359016741, -84.170411307639, 125.08796970278], [41.338581173334, -84.170621284569, 125.06911827903], [40.538803329926, -84.1708312615, 125.05026685528], [39.739025486519, -84.17104123843, 125.03141543152], [38.939247643111, -84.17125121536, 125.01256400777], [38.139469799704, -84.17146119229, 124.99371258401], [37.339691956296, -84.17167116922, 124.97486116026], [36.539914112888, -84.171881146151, 124.95600973651], [35.740136269481, -84.172091123081, 124.93715831275], [34.940358426073, -84.172301100011, 124.918306889], [34.140580582666, -84.172511076941, 124.89945546524], [33.340802739258, -84.172721053871, 124.88060404149], [32.541024895851, -84.172931030802, 124.86175261774], [31.741247052443, -84.173141007732, 124.84290119398], [30.941469209036, -84.173350984662, 124.82404977023], [30.141691365628, -84.173560961592, 124.80519834647], [29.341913522221, -84.173770938522, 124.78634692272], [28.542135678813, -84.173980915453, 124.76749549896], [27.742357835405, -84.174190892383, 124.74864407521], [26.942579991998, -84.174400869313, 124.72979265146], [26.14280214859, -84.174610846243, 124.7109412277], [25.343024305183, -84.174820823173, 124.69208980395], [24.543246461775, -84.175030800104, 124.67323838019], [23.743468618368, -84.175240777034, 124.65438695644], [22.94369077496, -84.175450753964, 124.63553553269], [22.143912931553, -84.175660730894, 124.61668410893], [21.344135088145, -84.175870707824, 124.59783268518], [20.544357244738, -84.176080684755, 124.57898126142], [19.74457940133, -84.176290661685, 124.56012983767], [18.944801557922, -84.176500638615, 124.54127841392], [18.145023714515, -84.176710615545, 124.52242699016], [17.345245871107, -84.176920592475, 124.50357556641], [16.5454680277, -84.177130569406, 124.48472414265], [15.745690184292, -84.177340546336, 124.4658727189], [14.945912340885, -84.177550523266, 124.44702129515], [14.146134497477, -84.177760500196, 124.42816987139], [13.34635665407, -84.177970477126, 124.40931844764], [12.546578810662, -84.178180454057, 124.39046702388], [11.746800967255, -84.178390430987, 124.37161560013], [10.947023123847, -84.178600407917, 124.35276417638], [10.147245280439, -84.178810384847, 124.33391275262], [9.3474674370319, -84.179020361777, 124.31506132887], [8.5476895936244, -84.179230338708, 124.29620990511], [7.7479117502168, -84.179440315638, 124.27735848136], [6.9481339068093, -84.179650292568, 124.25850705761], [6.1483560634018, -84.179860269498, 124.23965563385], [5.3485782199942, -84.180070246428, 124.2208042101], [4.5488003765867, -84.180280223359, 124.20195278634], [3.7490225331791, -84.180490200289, 124.18310136259], [2.9492446897716, -84.180700177219, 124.16424993884], [2.149466846364, -84.180910154149, 124.14539851508], [1.3496890029565, -84.181120131079, 124.12654709133], [0.54991115954894, -84.18133010801, 124.10769566757], [-0.2498666838586, -84.18154008494, 124.08884424382], [-1.0496445272661, -84.18175006187, 124.06999282007], [-1.8494223706737, -84.1819600388, 124.05114139631], [-2.6492002140812, -84.18217001573, 124.03228997256], [-3.4489780574888, -84.182379992661, 124.0134385488], [-4.2487559008963, -84.182589969591, 123.99458712505], [-5.0485337443039, -84.182799946521, 123.9757357013], [-5.8483115877114, -84.183009923451, 123.95688427754], [-6.648089431119, -84.183219900381, 123.93803285379], [-7.4478672745265, -84.183429877312, 123.91918143003], [-8.247645117934, -84.183639854242, 123.90033000628], [-9.0474229613416, -84.183849831172, 123.88147858253], [-9.8472008047491, -84.184059808102, 123.86262715877], [-10.646978648157, -84.184269785032, 123.84377573502], [-11.446756491564, -84.184479761963, 123.82492431126], [-12.246534334972, -84.184689738893, 123.80607288751], [-13.046312178379, -84.184899715823, 123.78722146376], [-13.846090021787, -84.185109692753, 123.76837004], [-14.645867865194, -84.185319669683, 123.74951861625], [-15.445645708602, -84.185529646614, 123.73066719249], [-16.245423552009, -84.185739623544, 123.71181576874], [-17.045201395417, -84.185949600474, 123.69296434499], [-17.844979238825, -84.186159577404, 123.67411292123], [-18.644757082232, -84.186369554334, 123.65526149748], [-19.44453492564, -84.186579531265, 123.63641007372], [-20.244312769047, -84.186789508195, 123.61755864997], [-21.044090612455, -84.186999485125, 123.59870722622], [-21.843868455862, -84.187209462055, 123.57985580246], [-22.64364629927, -84.187419438986, 123.56100437871], [-23.443424142677, -84.187629415916, 123.54215295495], [-24.243201986085, -84.187839392846, 123.5233015312], [-25.042979829492, -84.188049369776, 123.50445010745], [-25.8427576729, -84.188259346706, 123.48559868369], [-26.642535516308, -84.188469323637, 123.46674725994], [-27.442313359715, -84.188679300567, 123.44789583618], [-28.242091203123, -84.188889277497, 123.42904441243], [-29.04186904653, -84.189099254427, 123.41019298868], [-29.841646889938, -84.189309231357, 123.39134156492], [-30.641424733345, -84.189519208288, 123.37249014117], [-31.441202576753, -84.189729185218, 123.35363871741], [-32.24098042016, -84.189939162148, 123.33478729366], [-33.040758263568, -84.190149139078, 123.31593586991], [-33.840536106975, -84.190359116008, 123.29708444615], [-34.640313950383, -84.190569092939, 123.2782330224], [-35.440091793791, -84.190779069869, 123.25938159864], [-36.239869637198, -84.190989046799, 123.24053017489], [-37.039647480606, -84.191199023729, 123.22167875114], [-37.839425324013, -84.191409000659, 123.20282732738], [-38.639203167421, -84.19161897759, 123.18397590363], [-39.438981010828, -84.19182895452, 123.16512447987], [-40.238758854236, -84.19203893145, 123.14627305612], [-41.038536697643, -84.19224890838, 123.12742163237], [-41.838314541051, -84.19245888531, 123.10857020861], [-42.638092384458, -84.192668862241, 123.08971878486], [-43.437870227866, -84.192878839171, 123.0708673611], [-44.237648071274, -84.193088816101, 123.05201593735], [-45.037425914681, -84.193298793031, 123.0331645136], [-45.837203758089, -84.193508769961, 123.01431308984], [-46.636981601496, -84.193718746892, 122.99546166609], [-47.436759444904, -84.193928723822, 122.97661024233], [-48.236537288311, -84.194138700752, 122.95775881858], [-49.036315131719, -84.194348677682, 122.93890739483], [-49.836092975126, -84.194558654612, 122.92005597107], [-50.635870818534, -84.194768631543, 122.90120454732], [-51.435648661941, -84.194978608473, 122.88235312356], [-52.235426505349, -84.195188585403, 122.86350169981], [-53.035204348757, -84.195398562333, 122.84465027606], [-53.834982192164, -84.195608539263, 122.8257988523], [-54.634760035572, -84.195818516194, 122.80694742855], [-55.434537878979, -84.196028493124, 122.78809600479], [-56.234315722387, -84.196238470054, 122.76924458104], [-57.034093565794, -84.196448446984, 122.75039315729], [-57.833871409202, -84.196658423914, 122.73154173353], [-58.633649252609, -84.196868400845, 122.71269030978], [-59.433427096017, -84.197078377775, 122.69383888602], [-60.233204939424, -84.197288354705, 122.67498746227], [-61.032982782832, -84.197498331635, 122.65613603852], [-61.832760626239, -84.197708308565, 122.63728461476], [-62.632538469647, -84.197918285496, 122.61843319101], [-63.432316313055, -84.198128262426, 122.59958176725], [-64.232094156462, -84.198338239356, 122.5807303435], [-65.03187199987, -84.198548216286, 122.56187891975], [-65.831649843277, -84.198758193216, 122.54302749599], [-66.631427686685, -84.198968170147, 122.52417607224], [-67.431205530092, -84.199178147077, 122.50532464848], [-68.2309833735, -84.199388124007, 122.48647322473], [-69.030761216907, -84.199598100937, 122.46762180098], [-69.830539060315, -84.199808077867, 122.44877037722], [-70.630316903722, -84.200018054798, 122.42991895347], [-71.43009474713, -84.200228031728, 122.41106752971], [-72.229872590538, -84.200438008658, 122.39221610596], [-73.029650433945, -84.200647985588, 122.37336468221], [-73.829428277353, -84.200857962518, 122.35451325845], [-74.62920612076, -84.201067939449, 122.3356618347], [-75.428983964168, -84.201277916379, 122.31681041094], [-76.228761807575, -84.201487893309, 122.29795898719], [-77.028539650983, -84.201697870239, 122.27910756344], [-77.82831749439, -84.201907847169, 122.26025613968], [-78.628095337798, -84.2021178241, 122.24140471593], [-79.427873181205, -84.20232780103, 122.22255329217], [-80.227651024613, -84.20253777796, 122.20370186842], [-81.027428868021, -84.20274775489, 122.18485044467], [-81.827206711428, -84.20295773182, 122.16599902091], [-82.626984554836, -84.203167708751, 122.14714759716], [-83.426762398243, -84.203377685681, 122.1282961734], [-84.226540241651, -84.203587662611, 122.10944474965], [-85.026318085058, -84.203797639541, 122.0905933259], [-85.826095928466, -84.204007616471, 122.07174190214], [-86.625873771873, -84.204217593402, 122.05289047839], [-87.425651615281, -84.204427570332, 122.03403905463], [-88.225429458688, -84.204637547262, 122.01518763088], [-89.025207302096, -84.204847524192, 121.99633620713], [-89.824985145504, -84.205057501122, 121.97748478337], [-90.624762988911, -84.205267478053, 121.95863335962], [-91.424540832319, -84.205477454983, 121.93978193586], [-92.224318675726, -84.205687431913, 121.92093051211], [-93.024096519134, -84.205897408843, 121.90207908836], [-93.823874362541, -84.206107385774, 121.8832276646], [-94.623652205949, -84.206317362704, 121.86437624085], [-95.423430049356, -84.206527339634, 121.84552481709], [-96.223207892764, -84.206737316564, 121.82667339334], [-97.022985736171, -84.206947293494, 121.80782196959], [-97.822763579579, -84.207157270425, 121.78897054583], [-98.622541422987, -84.207367247355, 121.77011912208], [-99.422319266394, -84.207577224285, 121.75126769832], [-100.2220971098, -84.207787201215, 121.73241627457], [-101.02187495321, -84.207997178145, 121.71356485082], [-101.82165279662, -84.208207155076, 121.69471342706], [-102.62143064002, -84.208417132006, 121.67586200331], [-103.42120848343, -84.208627108936, 121.65701057955], [-104.22098632684, -84.208837085866, 121.6381591558], [-105.02076417025, -84.209047062796, 121.61930773205], [-105.82054201365, -84.209257039727, 121.60045630829], [-106.62031985706, -84.209467016657, 121.58160488454], [-107.42009770047, -84.209676993587, 121.56275346078], [-108.21987554388, -84.209886970517, 121.54390203703]], "InstanceCreationTime": ["162034.031000", "162034.031000", "162034.031000", "162034.031000", "162034.031000", "162034.031000", "162034.015000", "162034.015000", "162034.015000", "162034.000000", "162034.000000", "162034.000000", "162034.000000", "162034.000000", "162034.000000", "162033.984000", "162033.984000", "162033.984000", "162033.984000", "162033.984000", "162033.968000", "162033.968000", "162033.968000", "162033.968000", "162033.968000", "162033.953000", "162033.953000", "162033.953000", "162033.953000", "162033.953000", "162033.953000", "162033.906000", "162033.906000", "162033.906000", "162033.875000", "162033.859000", "162033.859000", "162033.859000", "162033.859000", "162033.859000", "162033.859000", "162033.859000", "162033.843000", "162033.843000", "162033.843000", "162033.843000", "162033.843000", "162033.843000", "162033.843000", "162033.843000", "162033.843000", "162033.828000", "162033.828000", "162033.828000", "162033.828000", "162033.828000", "162032.609000", "162032.609000", "162032.609000", "162032.609000", "162032.609000", "162032.609000", "162032.609000", "162032.593000", "162032.593000", "162032.593000", "162032.593000", "162032.593000", "162032.593000", "162032.578000", "162032.578000", "162032.578000", "162032.578000", "162032.578000", "162032.578000", "162032.578000", "162032.578000", "162032.578000", "162032.562000", "162032.562000", "162032.562000", "162032.562000", "162032.562000", "162032.562000", "162032.562000", "162032.562000", "162032.546000", "162032.546000", "162032.546000", "162032.546000", "162032.546000", "162032.546000", "162032.546000", "162032.546000", "162032.531000", "162032.531000", "162032.531000", "162032.531000", "162032.515000", "162032.515000", "162032.515000", "162032.515000", "162032.515000", "162032.515000", "162032.515000", "162032.515000", "162032.500000", "162032.500000", "162032.500000", "162032.500000", "162032.500000", "162032.500000", "162032.500000", "162032.500000", "162032.500000", "162032.484000", "162032.484000", "162032.484000", "162032.484000", "162032.484000", "162032.468000", "162032.468000", "162032.468000", "162032.468000", "162032.453000", "162032.453000", "162032.453000", "162032.453000", "162032.453000", "162032.453000", "162032.453000", "162032.453000", "162032.453000", "162032.437000", "162032.437000", "162032.437000", "162032.437000", "162032.437000", "162032.437000", "162032.437000", "162032.437000", "162032.437000", "162032.421000", "162032.421000", "162032.421000", "162032.421000", "162032.421000", "162032.421000", "162032.421000", "162032.406000", "162032.406000", "162032.406000", "162032.406000", "162032.406000", "162032.406000", "162032.406000", "162032.390000", "162032.390000", "162032.390000", "162032.390000", "162032.390000", "162032.390000", "162032.390000", "162032.390000", "162032.390000", "162032.375000", "162032.375000", "162032.375000", "162032.375000", "162032.375000", "162032.375000", "162032.375000", "162032.375000", "162032.359000", "162032.359000", "162032.359000", "162032.359000", "162032.359000", "162032.359000", "162032.343000", "162032.343000", "162032.343000", "162032.343000", "162032.343000", "162032.343000", "162032.343000", "162032.343000", "162032.343000", "162032.343000", "162032.328000", "162032.328000", "162032.328000", "162032.328000", "162032.328000", "162032.312000", "162032.312000", "162032.312000", "162032.312000", "162032.312000", "162032.312000", "162032.312000", "162032.312000", "162032.312000", "162032.296000", "162032.296000", "162032.296000", "162032.296000", "162032.296000", "162032.296000", "162032.296000", "162032.296000", "162032.296000", "162032.281000", "162032.281000", "162032.281000", "162032.281000", "162032.281000", "162032.281000", "162032.281000", "162032.281000", "162032.281000", "162032.281000", "162032.265000", "162032.265000", "162032.265000", "162032.265000", "162032.265000", "162032.265000", "162032.265000", "162032.265000", "162032.265000", "162032.250000", "162032.250000", "162032.234000", "162032.234000", "162032.234000", "162032.234000", "162032.234000", "162032.234000", "162032.234000", "162032.234000", "162032.218000", "162032.218000", "162032.218000", "162032.218000", "162032.218000", "162032.218000", "162032.218000", "162032.218000", "162032.218000", "162032.203000", "162032.203000", "162032.203000", "162032.203000", "162032.203000", "162032.203000"], "InstanceNumber": [256, 255, 254, 253, 252, 251, 250, 249, 248, 247, 246, 245, 244, 243, 242, 241, 240, 239, 238, 237, 236, 235, 234, 233, 232, 231, 230, 229, 228, 227, 226, 225, 224, 223, 222, 221, 220, 219, 218, 217, 216, 215, 214, 213, 212, 211, 210, 209, 208, 207, 206, 205, 204, 203, 202, 201, 200, 199, 198, 197, 196, 195, 194, 193, 192, 191, 190, 189, 188, 187, 186, 185, 184, 183, 182, 181, 180, 179, 178, 177, 176, 175, 174, 173, 172, 171, 170, 169, 168, 167, 166, 165, 164, 163, 162, 161, 160, 159, 158, 157, 156, 155, 154, 153, 152, 151, 150, 149, 148, 147, 146, 145, 144, 143, 142, 141, 140, 139, 138, 137, 136, 135, 134, 133, 132, 131, 130, 129, 128, 127, 126, 125, 124, 123, 122, 121, 120, 119, 118, 117, 116, 115, 114, 113, 112, 111, 110, 109, 108, 107, 106, 105, 104, 103, 102, 101, 100, 99, 98, 97, 96, 95, 94, 93, 92, 91, 90, 89, 88, 87, 86, 85, 84, 83, 82, 81, 80, 79, 78, 77, 76, 75, 74, 73, 72, 71, 70, 69, 68, 67, 66, 65, 64, 63, 62, 61, 60, 59, 58, 57, 56, 55, 54, 53, 52, 51, 50, 49, 48, 47, 46, 45, 44, 43, 42, 41, 40, 39, 38, 37, 36, 35, 34, 33, 32, 31, 30, 29, 28, 27, 26, 25, 24, 23, 22, 21, 20, 19, 18, 17, 16, 15, 14, 13, 12, 11, 10, 9, 8, 7, 6, 5, 4, 3, 2, 1], "LargestImagePixelValue": [60, 59, 62, 72, 64, 80, 130, 61, 67, 64, 73, 71, 77, 77, 68, 76, 64, 80, 226, 523, 543, 783, 900, 972, 707, 700, 522, 649, 607, 657, 617, 777, 1060, 967, 986, 1102, 854, 915, 1082, 869, 899, 953, 904, 868, 947, 976, 1024, 1082, 1055, 1032, 1052, 1025, 1062, 1080, 1088, 1100, 1109, 1089, 1088, 1112, 1037, 1035, 1044, 1104, 1042, 1059, 1111, 1158, 1080, 1063, 1084, 1057, 1156, 1162, 1227, 1156, 1447, 1394, 1096, 1069, 1083, 1153, 1144, 1079, 1196, 1171, 1101, 1032, 1172, 1244, 1166, 1125, 1155, 1216, 1155, 1239, 1188, 1219, 1299, 1171, 1207, 1224, 1201, 1164, 1200, 1165, 1168, 1174, 1152, 1188, 1178, 1147, 1131, 1177, 1173, 1246, 1284, 1204, 1268, 1219, 1192, 1288, 1159, 1216, 1238, 1271, 1250, 1340, 1211, 1264, 1159, 1174, 1197, 1190, 1194, 1146, 1209, 1136, 1170, 1152, 1183, 1146, 1149, 1175, 1157, 1262, 1196, 1287, 1270, 1275, 1333, 1337, 1285, 1272, 1226, 1171, 1249, 1161, 1239, 1208, 1188, 1193, 1217, 1174, 1215, 1198, 1187, 1179, 1206, 1141, 1124, 1261, 1152, 1167, 1136, 1155, 1112, 1175, 1212, 1286, 1403, 1228, 1085, 1104, 1100, 1113, 1097, 1204, 1158, 1156, 1155, 1168, 1110, 1198, 1162, 1194, 1087, 1111, 1075, 1112, 1025, 1096, 1082, 1123, 1034, 1044, 982, 1141, 899, 968, 877, 878, 979, 786, 916, 859, 732, 711, 862, 867, 915, 809, 636, 668, 620, 636, 569, 540, 578, 712, 795, 823, 981, 976, 832, 576, 497, 136, 75, 71, 80, 152, 75, 73, 87, 75, 122, 116, 132, 66, 70, 72, 81, 77, 65, 70], "SliceLocation": [98.652173099819, 97.852173087898, 97.052173075978, 96.252173064057, 95.452173052136, 94.652173040215, 93.852173028294, 93.052173016373, 92.252173004452, 91.452172992531, 90.65217298061, 89.852172968689, 89.052172956768, 88.252172944847, 87.452172932926, 86.652172921005, 85.852172909085, 85.052172897164, 84.252172885243, 83.452172873322, 82.652172861401, 81.85217284948, 81.052172837559, 80.252172825638, 79.452172813717, 78.652172801796, 77.852172789875, 77.052172777954, 76.252172766033, 75.452172754112, 74.652172742192, 73.852172730271, 73.05217271835, 72.252172706429, 71.452172694508, 70.652172682587, 69.852172670666, 69.052172658745, 68.252172646824, 67.452172634903, 66.652172622982, 65.852172611061, 65.05217259914, 64.252172587219, 63.452172575299, 62.652172563378, 61.852172551457, 61.052172539536, 60.252172527615, 59.452172515694, 58.652172503773, 57.852172491852, 57.052172479931, 56.25217246801, 55.452172456089, 54.652172444168, 53.852172432247, 53.052172420326, 52.252172408406, 51.452172396485, 50.652172384564, 49.852172372643, 49.052172360722, 48.252172348801, 47.45217233688, 46.652172324959, 45.852172313038, 45.052172301117, 44.252172289196, 43.452172277275, 42.652172265354, 41.852172253433, 41.052172241513, 40.252172229592, 39.452172217671, 38.65217220575, 37.852172193829, 37.052172181908, 36.252172169987, 35.452172158066, 34.652172146145, 33.852172134224, 33.052172122303, 32.252172110382, 31.452172098461, 30.65217208654, 29.85217207462, 29.052172062699, 28.252172050778, 27.452172038857, 26.652172026936, 25.852172015015, 25.052172003094, 24.252171991173, 23.452171979252, 22.652171967331, 21.85217195541, 21.052171943489, 20.252171931568, 19.452171919647, 18.652171907727, 17.852171895806, 17.052171883885, 16.252171871964, 15.452171860043, 14.652171848122, 13.852171836201, 13.05217182428, 12.252171812359, 11.452171800438, 10.652171788517, 9.8521717765963, 9.0521717646754, 8.2521717527544, 7.4521717408335, 6.6521717289126, 5.8521717169917, 5.0521717050707, 4.2521716931498, 3.4521716812289, 2.6521716693079, 1.852171657387, 1.0521716454661, 0.25217163354515, -0.5478283783758, -1.3478283902967, -2.1478284022176, -2.9478284141386, -3.7478284260595, -4.5478284379804, -5.3478284499014, -6.1478284618223, -6.9478284737432, -7.7478284856641, -8.5478284975851, -9.347828509506, -10.147828521427, -10.947828533348, -11.747828545269, -12.54782855719, -13.347828569111, -14.147828581032, -14.947828592953, -15.747828604873, -16.547828616794, -17.347828628715, -18.147828640636, -18.947828652557, -19.747828664478, -20.547828676399, -21.34782868832, -22.147828700241, -22.947828712162, -23.747828724083, -24.547828736004, -25.347828747925, -26.147828759846, -26.947828771766, -27.747828783687, -28.547828795608, -29.347828807529, -30.14782881945, -30.947828831371, -31.747828843292, -32.547828855213, -33.347828867134, -34.147828879055, -34.947828890976, -35.747828902897, -36.547828914818, -37.347828926739, -38.147828938659, -38.94782895058, -39.747828962501, -40.547828974422, -41.347828986343, -42.147828998264, -42.947829010185, -43.747829022106, -44.547829034027, -45.347829045948, -46.147829057869, -46.94782906979, -47.747829081711, -48.547829093632, -49.347829105552, -50.147829117473, -50.947829129394, -51.747829141315, -52.547829153236, -53.347829165157, -54.147829177078, -54.947829188999, -55.74782920092, -56.547829212841, -57.347829224762, -58.147829236683, -58.947829248604, -59.747829260525, -60.547829272445, -61.347829284366, -62.147829296287, -62.947829308208, -63.747829320129, -64.54782933205, -65.347829343971, -66.147829355892, -66.947829367813, -67.747829379734, -68.547829391655, -69.347829403576, -70.147829415497, -70.947829427418, -71.747829439338, -72.547829451259, -73.34782946318, -74.147829475101, -74.947829487022, -75.747829498943, -76.547829510864, -77.347829522785, -78.147829534706, -78.947829546627, -79.747829558548, -80.547829570469, -81.34782958239, -82.147829594311, -82.947829606231, -83.747829618152, -84.547829630073, -85.347829641994, -86.147829653915, -86.947829665836, -87.747829677757, -88.547829689678, -89.347829701599, -90.14782971352, -90.947829725441, -91.747829737362, -92.547829749283, -93.347829761204, -94.147829773124, -94.947829785045, -95.747829796966, -96.547829808887, -97.347829820808, -98.147829832729, -98.94782984465, -99.747829856571, -100.54782986849, -101.34782988041, -102.14782989233, -102.94782990425, -103.74782991618, -104.5478299281, -105.34782994002], "WindowCenter": [26.0, 26.0, 27.0, 27.0, 26.0, 28.0, 29.0, 28.0, 28.0, 28.0, 29.0, 28.0, 29.0, 29.0, 28.0, 30.0, 30.0, 30.0, 40.0, 77.0, 103.0, 237.0, 252.0, 276.0, 249.0, 257.0, 217.0, 235.0, 205.0, 242.0, 261.0, 290.0, 331.0, 344.0, 326.0, 327.0, 324.0, 332.0, 336.0, 337.0, 331.0, 333.0, 333.0, 336.0, 347.0, 362.0, 377.0, 384.0, 407.0, 420.0, 432.0, 441.0, 447.0, 451.0, 454.0, 456.0, 458.0, 462.0, 467.0, 473.0, 476.0, 484.0, 485.0, 487.0, 487.0, 488.0, 489.0, 491.0, 494.0, 495.0, 499.0, 501.0, 508.0, 512.0, 514.0, 516.0, 522.0, 528.0, 527.0, 528.0, 530.0, 531.0, 530.0, 528.0, 527.0, 527.0, 529.0, 529.0, 528.0, 529.0, 528.0, 530.0, 533.0, 537.0, 539.0, 539.0, 540.0, 542.0, 541.0, 541.0, 544.0, 545.0, 543.0, 539.0, 536.0, 534.0, 534.0, 534.0, 534.0, 534.0, 539.0, 544.0, 550.0, 555.0, 560.0, 565.0, 572.0, 579.0, 586.0, 588.0, 591.0, 594.0, 601.0, 609.0, 616.0, 600.0, 587.0, 605.0, 596.0, 590.0, 582.0, 576.0, 577.0, 574.0, 569.0, 566.0, 562.0, 558.0, 555.0, 553.0, 550.0, 545.0, 541.0, 538.0, 536.0, 536.0, 534.0, 533.0, 536.0, 538.0, 536.0, 537.0, 538.0, 540.0, 543.0, 543.0, 540.0, 542.0, 541.0, 539.0, 538.0, 537.0, 539.0, 542.0, 542.0, 541.0, 540.0, 540.0, 544.0, 544.0, 546.0, 547.0, 545.0, 545.0, 542.0, 540.0, 536.0, 533.0, 529.0, 525.0, 524.0, 521.0, 515.0, 512.0, 508.0, 506.0, 503.0, 500.0, 499.0, 498.0, 494.0, 491.0, 485.0, 481.0, 472.0, 466.0, 462.0, 462.0, 458.0, 457.0, 449.0, 451.0, 428.0, 404.0, 385.0, 379.0, 364.0, 360.0, 355.0, 357.0, 353.0, 350.0, 354.0, 352.0, 353.0, 350.0, 334.0, 340.0, 346.0, 339.0, 322.0, 300.0, 273.0, 240.0, 227.0, 225.0, 229.0, 243.0, 257.0, 277.0, 287.0, 278.0, 252.0, 256.0, 277.0, 100.0, 71.0, 33.0, 30.0, 30.0, 31.0, 33.0, 30.0, 31.0, 30.0, 30.0, 30.0, 31.0, 31.0, 28.0, 28.0, 27.0, 27.0, 27.0, 27.0, 26.0], "WindowWidth": [69.0, 68.0, 69.0, 72.0, 69.0, 74.0, 77.0, 73.0, 74.0, 75.0, 76.0, 75.0, 78.0, 76.0, 74.0, 78.0, 79.0, 79.0, 113.0, 222.0, 276.0, 477.0, 505.0, 541.0, 502.0, 516.0, 463.0, 488.0, 447.0, 512.0, 551.0, 613.0, 694.0, 718.0, 693.0, 699.0, 700.0, 720.0, 729.0, 730.0, 717.0, 721.0, 720.0, 730.0, 757.0, 789.0, 821.0, 833.0, 872.0, 895.0, 918.0, 935.0, 947.0, 954.0, 956.0, 959.0, 963.0, 972.0, 982.0, 994.0, 999.0, 1010.0, 1012.0, 1015.0, 1016.0, 1016.0, 1018.0, 1023.0, 1028.0, 1027.0, 1031.0, 1034.0, 1044.0, 1049.0, 1051.0, 1054.0, 1066.0, 1073.0, 1068.0, 1067.0, 1068.0, 1068.0, 1064.0, 1061.0, 1060.0, 1061.0, 1063.0, 1061.0, 1061.0, 1065.0, 1064.0, 1069.0, 1078.0, 1085.0, 1088.0, 1090.0, 1098.0, 1101.0, 1102.0, 1102.0, 1107.0, 1113.0, 1109.0, 1103.0, 1097.0, 1093.0, 1093.0, 1096.0, 1096.0, 1098.0, 1103.0, 1109.0, 1120.0, 1128.0, 1136.0, 1143.0, 1157.0, 1169.0, 1179.0, 1186.0, 1192.0, 1200.0, 1210.0, 1228.0, 1238.0, 1201.0, 1182.0, 1224.0, 1206.0, 1195.0, 1177.0, 1168.0, 1167.0, 1159.0, 1150.0, 1142.0, 1136.0, 1129.0, 1125.0, 1120.0, 1114.0, 1107.0, 1101.0, 1096.0, 1090.0, 1089.0, 1087.0, 1085.0, 1091.0, 1091.0, 1089.0, 1092.0, 1091.0, 1092.0, 1095.0, 1094.0, 1089.0, 1089.0, 1084.0, 1082.0, 1077.0, 1075.0, 1080.0, 1087.0, 1086.0, 1083.0, 1080.0, 1080.0, 1089.0, 1088.0, 1095.0, 1095.0, 1093.0, 1095.0, 1090.0, 1089.0, 1086.0, 1081.0, 1077.0, 1071.0, 1070.0, 1066.0, 1059.0, 1053.0, 1048.0, 1046.0, 1042.0, 1038.0, 1037.0, 1037.0, 1031.0, 1024.0, 1015.0, 1007.0, 991.0, 978.0, 970.0, 970.0, 961.0, 961.0, 949.0, 954.0, 913.0, 870.0, 836.0, 824.0, 793.0, 778.0, 770.0, 771.0, 764.0, 756.0, 762.0, 759.0, 759.0, 752.0, 721.0, 728.0, 735.0, 716.0, 676.0, 624.0, 571.0, 509.0, 482.0, 477.0, 483.0, 506.0, 524.0, 550.0, 564.0, 545.0, 499.0, 498.0, 527.0, 271.0, 203.0, 88.0, 80.0, 80.0, 81.0, 90.0, 81.0, 81.0, 79.0, 78.0, 81.0, 82.0, 84.0, 75.0, 74.0, 71.0, 70.0, 70.0, 69.0, 68.0]}}}