{
	"Modality": "MR",
	"MagneticFieldStrength": 3,
	"ImagingFrequency": 127.799,
	"Manufacturer": "GE",
	"ManufacturersModelName": "SIGNA UHP",
	"InstitutionName": "cni",
	"DeviceSerialNumber": "00000650723PSYMR",
	"StationName": "CNIMRI",
	"BodyPartExamined": "BRAIN",
	"PatientPosition": "HFS",
	"SoftwareVersions": "28\\LX\\MR Software release:RX28.0_R04_UHP3T_2111.a",
	"MRAcquisitionType": "3D",
	"SeriesDescription": "NEW Sag_MPRAGE_T1",
	"ProtocolName": "Russ_MyConnectome_is10ye",
	"ScanningSequence": "RM\\IR",
	"SequenceVariant": "NONE",
	"ScanOptions": "EDR_GEMS\\PROMO_GEMS\\ACC_GEMS\\IR_GEMS",
	"PulseSequenceName": "research/ABCD/mprage_promo",
	"ImageType": ["ORIGINAL", "PRIMARY", "OTHER"],
	"SeriesNumber": 4,
	"AcquisitionTime": "10:11:56.000000",
	"AcquisitionNumber": 1,
	"SliceThickness": 0.8,
	"SpacingBetweenSlices": 0.8,
	"SAR": 0.10939,
	"EchoTime": 0.003548,
	"RepetitionTime": 3,
	"InversionTime": 1.06,
	"FlipAngle": 8,
	"ShimSetting": [
		-3,
		0,
		-244	],
	"PrescanReuseString": "TG/s1,RN/s2,Coil/s1",
	"CoilString": "RM:Nova32ch2",
	"PercentPhaseFOV": 100,
	"PercentSampling": 100,
	"AcquisitionMatrixPE": 320,
	"ReconMatrixPE": 512,
	"ParallelReductionFactorInPlane": 2,
	"ParallelReductionOutOfPlane": 1.25,
	"PixelBandwidth": 122.07,
	"ImageOrientationPatientDICOM": [
		-0,
		1,
		0,
		-0,
		-0,
		-1	],
	"InPlanePhaseEncodingDirectionDICOM": "ROW",
	"ConversionSoftware": "dcm2niix",
	"ConversionSoftwareVersion": "v1.0.20220720"
}
