{
	"Modality": "MR",
	"MagneticFieldStrength": 3,
	"ImagingFrequency": 127.799,
	"Manufacturer": "GE",
	"ManufacturersModelName": "SIGNA UHP",
	"InstitutionName": "cni",
	"DeviceSerialNumber": "00000650723PSYMR",
	"StationName": "CNIMRI",
	"BodyPartExamined": "BRAIN",
	"PatientPosition": "HFS",
	"SoftwareVersions": "28\\LX\\MR Software release:RX28.0_R04_UHP3T_2111.a",
	"MRAcquisitionType": "3D",
	"SeriesDescription": "T2w CUBE PROMO .8mm sag",
	"ProtocolName": "Russ_MyConnectome_is10ye",
	"ScanningSequence": "SE",
	"SequenceVariant": "SK",
	"ScanOptions": "EDR_GEMS\\PROMO_GEMS\\ACC_GEMS\\FSS_GEMS\\FR_GEMS",
	"PulseSequenceName": "Cube",
	"ImageType": ["ORIGINAL", "PRIMARY", "OTHER"],
	"SeriesNumber": 18,
	"AcquisitionTime": "11:10:48.000000",
	"AcquisitionNumber": 1,
	"SliceThickness": 0.9,
	"SpacingBetweenSlices": 0.9,
	"SAR": 0.4944,
	"EchoTime": 0.098001,
	"RepetitionTime": 2.827,
	"FlipAngle": 90,
	"ShimSetting": [
		9,
		11,
		-247	],
	"PrescanReuseString": "TG/s13,RN/s12,Cal/s16,Coil/s13",
	"CoilString": "RM:Nova32ch2",
	"PercentPhaseFOV": 100,
	"PercentSampling": 100,
	"EchoTrainLength": 120,
	"AcquisitionMatrixPE": 320,
	"ReconMatrixPE": 512,
	"ParallelReductionFactorInPlane": 2,
	"ParallelReductionOutOfPlane": 2,
	"PixelBandwidth": 244.141,
	"PhaseEncodingAxis": "i",
	"ImageOrientationPatientDICOM": [
		-0,
		1,
		0,
		-0,
		-0,
		-1	],
	"InPlanePhaseEncodingDirectionDICOM": "ROW",
	"ConversionSoftware": "dcm2niix",
	"ConversionSoftwareVersion": "v1.0.20220720"
}
