{"AcquisitionMatrixPE": 96, "AcquisitionNumber": 1, "AcquisitionTime": "07:31:8.445000", "BandwidthPerPixelPhaseEncode": 33.602, "BaseResolution": 96, "BodyPartExamined": "BRAIN", "ConsistencyInfo": "N4_VD11D_LATEST_20110129", "ConversionSoftware": "dcm2niix", "ConversionSoftwareVersion": "v1.0.20210317", "DerivedVendorReportedEchoSpacing": 0.000620003, "DeviceSerialNumber": "45239", "DwellTime": 2.6e-06, "EchoTime": 0.036, "EchoTrainLength": 48, "EffectiveEchoSpacing": 0.000310001, "FlipAngle": 90, "ImageOrientationPatientDICOM": [0.998371, 0.00530082, 0.0568067, 0.0263715, 0.840053, -0.541863], "ImageType": ["ORIGINAL", "PRIMARY", "M", "ND", "NORM", "MOSAIC"], "ImagingFrequency": 123.193, "InPlanePhaseEncodingDirectionDICOM": "COL", "InstitutionAddress": "E 24th St. 100,Austin,Southmiddle,US,78712", "InstitutionName": "Univ of Texas at Austin", "InstitutionalDepartmentName": "IRC", "MRAcquisitionType": "2D", "MagneticFieldStrength": 3, "Manufacturer": "Siemens", "ManufacturersModelName": "Skyra", "Modality": "MR", "ParallelReductionFactorInPlane": 2, "PartialFourier": 1, "PatientPosition": "HFS", "PercentPhaseFOV": 100, "PercentSampling": 100, "PhaseEncodingDirection": "j-", "PhaseEncodingSteps": 96, "PhaseResolution": 1, "PixelBandwidth": 2005, "ProcedureStepDescription": "Poldrack2^self-scanning", "ProtocolName": "MB-SE_FieldMap_A-P", "PulseSequenceDetails": "%CustomerSeq%\\cmrr_mbep2d_se", "ReceiveCoilActiveElements": "HEA;HEP", "ReceiveCoilName": "Head_32", "ReconMatrixPE": 96, "RefLinesPE": 48, "RepetitionTime": 4.55, "SAR": 0.389968, "ScanOptions": "FS", "ScanningSequence": "EP", "SequenceName": "epse2d1_96", "SequenceVariant": "SK", "SeriesDescription": "MB-SE_FieldMap_A-P", "SeriesNumber": 6, "ShimSetting": [-2760, 8014, -15457, 201, -184, 79, 235, -105], "SliceThickness": 2, "SliceTiming": [2.275, 0, 2.3425, 0.0675, 2.41, 0.135, 2.4775, 0.2025, 2.5425, 0.2675, 2.61, 0.335, 2.6775, 0.4025, 2.745, 0.47, 2.81, 0.5375, 2.8775, 0.6025, 2.945, 0.67, 3.0125, 0.7375, 3.0775, 0.805, 3.145, 0.87, 3.2125, 0.9375, 3.28, 1.005, 3.345, 1.0725, 3.4125, 1.1375, 3.48, 1.205, 3.5475, 1.2725, 3.6125, 1.34, 3.68, 1.405, 3.7475, 1.4725, 3.815, 1.54, 3.8825, 1.6075, 3.9475, 1.6725, 4.015, 1.74, 4.0825, 1.8075, 4.15, 1.875, 4.215, 1.94, 4.2825, 2.0075, 4.35, 2.075, 4.4175, 2.1425, 4.4825, 2.21], "SoftwareVersions": "syngo MR D11", "SpacingBetweenSlices": 2.4, "StationName": "AWP45239", "TotalReadoutTime": 0.0294501, "TxRefAmp": 348.9, "WipMemBlock": "a4b954a5-5f94-45ef-baa6-6f3a7e8668be||Sequence: VD11D r154; May 23 2012 22:29:07 by eja", "dcmmeta_affine": [[-2.3919308185577393, 0.06318161636590958, 0.12142306566238403, 108.8541259765625], [-0.01269987691193819, 2.0126264095306396, -1.301949143409729, -63.90427780151367], [0.13609938323497772, 1.298214316368103, 2.0125069618225098, -102.93244171142578], [0.0, 0.0, 0.0, 1.0]], "dcmmeta_reorient_transform": [[0.0, -1.0, 0.0, 95.0], [1.0, 0.0, 0.0, 0.0], [0.0, 0.0, 1.0, 0.0], [0.0, 0.0, 0.0, 1.0]], "dcmmeta_shape": [96, 96, 68, 5], "dcmmeta_slice_dim": 2, "dcmmeta_version": 0.6, "global": {"const": {"AcquisitionMatrix": [96, 0, 0, 96], "AngioFlag": "N", "BitsAllocated": 16, "BitsStored": 16, "BodyPartExamined": "BRAIN", "Columns": 864, "EchoNumbers": 1, "EchoTime": 36.0, "EchoTrainLength": 48, "FlipAngle": 90.0, "HighBit": 15, "ImageOrientationPatient": [0.99837112346592, 0.00530081852065, 0.05680669989017, 0.02637145887018, 0.84005275273476, -0.5418633764888], "ImagePositionPatient": [-1057.6195229106, -905.02048227466, 466.65004148411], "ImageType": ["ORIGINAL", "PRIMARY", "M", "ND", "NORM", "MOSAIC"], "ImagedNucleus": "1H", "ImagingFrequency": 123.193381, "InPlanePhaseEncodingDirection": "COL", "MRAcquisitionType": "2D", "MagneticFieldStrength": 3.0, "Manufacturer": "SIEMENS", "ManufacturerModelName": "Skyra", "Modality": "MR", "NumberOfAverages": 1.0, "NumberOfPhaseEncodingSteps": 96, "PercentPhaseFieldOfView": 100.0, "PercentSampling": 100.0, "PerformedProcedureStepStartTime": "072219.875000", "PhotometricInterpretation": "MONOCHROME2", "PixelBandwidth": 2005.0, "PixelRepresentation": 0, "PixelSpacing": [2.3958332538605, 2.3958332538605], "ProtocolName": "MB-SE_FieldMap_A-P", "RepetitionTime": 4550.0, "Rows": 864, "SAR": 0.38996797069252, "SamplesPerPixel": 1, "ScanOptions": "FS", "ScanningSequence": "EP", "SequenceName": "epse2d1_96", "SequenceVariant": "SK", "SeriesDescription": "MB-SE_FieldMap_A-P", "SeriesNumber": 6, "SeriesTime": "073129.937000", "SliceLocation": -46.139479328205, "SliceThickness": 2.0, "SmallestImagePixelValue": 0, "SoftwareVersions": "syngo MR D11", "SpacingBetweenSlices": 2.3999999611402, "SpecificCharacterSet": "ISO_IR 100", "StudyID": "1", "StudyTime": "072219.843000", "TransmitCoilName": "Body", "VariableFlipAngleFlag": "N", "WindowCenterWidthExplanation": "Algo1", "dBdt": 0.0}, "slices": {}}, "time": {"samples": {"AcquisitionNumber": [1, 2, 3, 4, 5], "AcquisitionTime": ["073108.445000", "073112.995000", "073117.545000", "073122.095000", "073126.645000"], "ContentTime": ["073129.937000", "073129.937000", "073129.937000", "073129.953000", "073129.953000"], "InstanceCreationTime": ["073129.937000", "073129.937000", "073129.937000", "073129.953000", "073129.953000"], "InstanceNumber": [1, 2, 3, 4, 5], "LargestImagePixelValue": [38845, 41868, 42245, 42926, 41333], "WindowCenter": [7006.0, 7033.0, 7030.0, 7040.0, 7031.0], "WindowWidth": [14941.0, 15002.0, 14989.0, 15008.0, 14994.0]}, "slices": {}}}