{"AcquisitionMatrixPE": 96, "AcquisitionNumber": 1, "AcquisitionTime": "07:33:49.602500", "BandwidthPerPixelPhaseEncode": 33.602, "BaseResolution": 96, "BodyPartExamined": "BRAIN", "ConsistencyInfo": "N4_VD11D_LATEST_20110129", "ConversionSoftware": "dcm2niix", "ConversionSoftwareVersion": "v1.0.20210317", "DerivedVendorReportedEchoSpacing": 0.000620003, "DeviceSerialNumber": "45239", "DwellTime": 2.6e-06, "EchoTime": 0.036, "EchoTrainLength": 48, "EffectiveEchoSpacing": 0.000310001, "FlipAngle": 90, "ImageOrientationPatientDICOM": [0.998373, 0.00534609, 0.0567775, 0.0263177, 0.840052, -0.541866], "ImageType": ["ORIGINAL", "PRIMARY", "M", "ND", "NORM", "MOSAIC"], "ImagingFrequency": 123.193, "InPlanePhaseEncodingDirectionDICOM": "COL", "InstitutionAddress": "E 24th St. 100,Austin,Southmiddle,US,78712", "InstitutionName": "Univ of Texas at Austin", "InstitutionalDepartmentName": "IRC", "MRAcquisitionType": "2D", "MagneticFieldStrength": 3, "Manufacturer": "Siemens", "ManufacturersModelName": "Skyra", "Modality": "MR", "ParallelReductionFactorInPlane": 2, "PartialFourier": 1, "PatientPosition": "HFS", "PercentPhaseFOV": 100, "PercentSampling": 100, "PhaseEncodingDirection": "j", "PhaseEncodingSteps": 96, "PhaseResolution": 1, "PixelBandwidth": 2005, "ProcedureStepDescription": "Poldrack2^self-scanning", "ProtocolName": "MB-SE_FieldMap_P-A", "PulseSequenceDetails": "%CustomerSeq%\\cmrr_mbep2d_se", "ReceiveCoilActiveElements": "HEA;HEP", "ReceiveCoilName": "Head_32", "ReconMatrixPE": 96, "RefLinesPE": 48, "RepetitionTime": 4.55, "SAR": 0.389968, "ScanOptions": "FS", "ScanningSequence": "EP", "SequenceName": "epse2d1_96", "SequenceVariant": "SK", "SeriesDescription": "MB-SE_FieldMap_P-A", "SeriesNumber": 7, "ShimSetting": [-2760, 8031, -15506, 150, -186, 21, 85, -64], "SliceThickness": 2, "SliceTiming": [2.275, 0, 2.3425, 0.0675, 2.41, 0.135, 2.475, 0.2025, 2.5425, 0.2675, 2.61, 0.335, 2.6775, 0.4025, 2.7425, 0.47, 2.81, 0.535, 2.8775, 0.6025, 2.945, 0.67, 3.01, 0.7375, 3.0775, 0.8025, 3.145, 0.87, 3.2125, 0.9375, 3.28, 1.005, 3.345, 1.07, 3.4125, 1.1375, 3.48, 1.205, 3.5475, 1.2725, 3.6125, 1.3375, 3.68, 1.405, 3.7475, 1.4725, 3.815, 1.54, 3.88, 1.6075, 3.9475, 1.6725, 4.015, 1.74, 4.0825, 1.8075, 4.1475, 1.875, 4.215, 1.94, 4.2825, 2.0075, 4.35, 2.075, 4.415, 2.1425, 4.4825, 2.2075], "SoftwareVersions": "syngo MR D11", "SpacingBetweenSlices": 2.4, "StationName": "AWP45239", "TotalReadoutTime": 0.0294501, "TxRefAmp": 348.9, "WipMemBlock": "264fba4f-e780-4903-a474-9c6f00a22190||Sequence: VD11D r154; May 23 2012 22:29:07 by eja", "dcmmeta_affine": [[-2.3919341564178467, 0.0630527064204216, 0.12142307311296463, 108.86034393310547], [-0.01280834712088108, 2.0126256942749023, -1.301949143409729, -63.89904022216797], [0.1360294222831726, 1.2982215881347656, 2.0125069618225098, -102.92942810058594], [0.0, 0.0, 0.0, 1.0]], "dcmmeta_reorient_transform": [[0.0, -1.0, 0.0, 95.0], [1.0, 0.0, 0.0, 0.0], [0.0, 0.0, 1.0, 0.0], [0.0, 0.0, 0.0, 1.0]], "dcmmeta_shape": [96, 96, 68, 5], "dcmmeta_slice_dim": 2, "dcmmeta_version": 0.6, "global": {"const": {"AcquisitionMatrix": [96, 0, 0, 96], "AngioFlag": "N", "BitsAllocated": 16, "BitsStored": 16, "BodyPartExamined": "BRAIN", "Columns": 864, "EchoNumbers": 1, "EchoTime": 36.0, "EchoTrainLength": 48, "FlipAngle": 90.0, "HighBit": 15, "ImageOrientationPatient": [0.9983725430915, 0.00534609302879, 0.05677749985983, 0.02631765376094, 0.84005246600911, -0.5418664369128], "ImagePositionPatient": [-1057.5653039368, -905.06704462799, 466.68343105325], "ImageType": ["ORIGINAL", "PRIMARY", "M", "ND", "NORM", "MOSAIC"], "ImagedNucleus": "1H", "ImagingFrequency": 123.193391, "InPlanePhaseEncodingDirection": "COL", "MRAcquisitionType": "2D", "MagneticFieldStrength": 3.0, "Manufacturer": "SIEMENS", "ManufacturerModelName": "Skyra", "Modality": "MR", "NumberOfAverages": 1.0, "NumberOfPhaseEncodingSteps": 96, "PercentPhaseFieldOfView": 100.0, "PercentSampling": 100.0, "PerformedProcedureStepStartTime": "072219.875000", "PhotometricInterpretation": "MONOCHROME2", "PixelBandwidth": 2005.0, "PixelRepresentation": 0, "PixelSpacing": [2.3958332538605, 2.3958332538605], "ProtocolName": "MB-SE_FieldMap_P-A", "RepetitionTime": 4550.0, "Rows": 864, "SAR": 0.38996797069252, "SamplesPerPixel": 1, "ScanOptions": "FS", "ScanningSequence": "EP", "SequenceName": "epse2d1_96", "SequenceVariant": "SK", "SeriesDescription": "MB-SE_FieldMap_P-A", "SeriesNumber": 7, "SeriesTime": "073410.734000", "SliceLocation": -46.139479328848, "SliceThickness": 2.0, "SmallestImagePixelValue": 0, "SoftwareVersions": "syngo MR D11", "SpacingBetweenSlices": 2.3999999611402, "SpecificCharacterSet": "ISO_IR 100", "StudyID": "1", "StudyTime": "072219.843000", "TransmitCoilName": "Body", "VariableFlipAngleFlag": "N", "WindowCenterWidthExplanation": "Algo1", "dBdt": 0.0}, "slices": {}}, "time": {"samples": {"AcquisitionNumber": [1, 2, 3, 4, 5], "AcquisitionTime": ["073349.602500", "073354.152500", "073358.702500", "073403.252500", "073407.802500"], "ContentTime": ["073410.734000", "073410.734000", "073410.734000", "073410.750000", "073410.750000"], "InstanceCreationTime": ["073410.734000", "073410.734000", "073410.734000", "073410.750000", "073410.750000"], "InstanceNumber": [1, 2, 3, 4, 5], "LargestImagePixelValue": [42510, 42810, 41931, 42059, 42270], "WindowCenter": [6849.0, 6808.0, 6874.0, 6850.0, 6853.0], "WindowWidth": [14627.0, 14538.0, 14686.0, 14640.0, 14642.0]}, "slices": {}}}