{"AcquisitionMatrixPE": 96, "AcquisitionNumber": 1, "AcquisitionTime": "07:46:31.307500", "BaseResolution": 96, "BodyPartExamined": "BRAIN", "ConsistencyInfo": "N4_VD11D_LATEST_20110129", "ConversionSoftware": "dcm2niix", "ConversionSoftwareVersion": "v1.0.20210317", "DeviceSerialNumber": "45239", "DwellTime": 9.2e-06, "EchoNumber": 2, "EchoTime": 0.00738, "FlipAngle": 50, "ImageOrientationPatientDICOM": [0.998371, 0.00530082, 0.0568067, 0.0263715, 0.840053, -0.541863], "ImageType": ["ORIGINAL", "PRIMARY", "M", "ND", "NORM"], "ImagingFrequency": 123.193, "InPlanePhaseEncodingDirectionDICOM": "COL", "InstitutionAddress": "E 24th St. 100,Austin,Southmiddle,US,78712", "InstitutionName": "Univ of Texas at Austin", "InstitutionalDepartmentName": "IRC", "MRAcquisitionType": "2D", "MagneticFieldStrength": 3, "Manufacturer": "Siemens", "ManufacturersModelName": "Skyra", "Modality": "MR", "PartialFourier": 1, "PatientPosition": "HFS", "PercentPhaseFOV": 100, "PercentSampling": 100, "PhaseEncodingDirection": "j-", "PhaseEncodingSteps": 96, "PhaseResolution": 1, "PixelBandwidth": 565, "ProcedureStepDescription": "Poldrack2^self-scanning", "ProtocolName": "gre_field_mapping", "PulseSequenceDetails": "%SiemensSeq%\\gre_field_mapping", "ReceiveCoilActiveElements": "HEA;HEP", "ReceiveCoilName": "Head_32", "ReconMatrixPE": 96, "RepetitionTime": 0.731, "SAR": 0.12471, "ScanningSequence": "GR", "SequenceName": "*fm2d2r", "SequenceVariant": "SP", "SeriesDescription": "gre_field_mapping", "SeriesNumber": 10, "ShimSetting": [-2760, 8014, -15457, 201, -184, 79, 235, -105], "SliceThickness": 2, "SliceTiming": [0.35938, 0, 0.375, 0.00781, 0.38281, 0.02344, 0.39844, 0.03125, 0.40625, 0.03906, 0.41406, 0.05469, 0.42969, 0.0625, 0.4375, 0.07031, 0.45312, 0.08594, 0.46094, 0.09375, 0.46875, 0.10156, 0.48438, 0.11719, 0.49219, 0.125, 0.5, 0.14062, 0.51562, 0.14844, 0.52344, 0.15625, 0.53125, 0.17188, 0.54688, 0.17969, 0.55469, 0.1875, 0.57031, 0.20312, 0.57812, 0.21094, 0.58594, 0.21875, 0.60156, 0.23438, 0.60938, 0.24219, 0.61719, 0.25781, 0.63281, 0.26562, 0.64062, 0.27344, 0.64844, 0.28906, 0.66406, 0.29688, 0.67188, 0.3125, 0.6875, 0.32031, 0.69531, 0.32812, 0.71094, 0.34375, 0.71875, 0.35156], "SoftwareVersions": "syngo MR D11", "SpacingBetweenSlices": 2.4, "StationName": "AWP45239", "TxRefAmp": 348.9}