{"AcquisitionMatrixPE": 96, "AcquisitionNumber": 1, "AcquisitionTime": "07:31:14.905000", "BandwidthPerPixelPhaseEncode": 33.602, "BaseResolution": 96, "BodyPartExamined": "BRAIN", "ConsistencyInfo": "N4_VD11D_LATEST_20110129", "ConversionSoftware": "dcm2niix", "ConversionSoftwareVersion": "v1.0.20210317", "DerivedVendorReportedEchoSpacing": 0.000620003, "DeviceSerialNumber": "45239", "DwellTime": 2.6e-06, "EchoTime": 0.03, "EchoTrainLength": 48, "EffectiveEchoSpacing": 0.000310001, "FlipAngle": 63, "ImageComments": "Unaliased MB4/PE3", "ImageOrientationPatientDICOM": [0.99961, 0.0182429, 0.0211415, -0.000385205, 0.766037, -0.642796], "ImageType": ["ORIGINAL", "PRIMARY", "M", "ND", "NORM", "MOSAIC"], "ImagingFrequency": 123.193, "InPlanePhaseEncodingDirectionDICOM": "COL", "InstitutionAddress": "E 24th St. 100,Austin,Southmiddle,US,78712", "InstitutionName": "Univ of Texas at Austin", "InstitutionalDepartmentName": "IRC", "MRAcquisitionType": "2D", "MagneticFieldStrength": 3, "Manufacturer": "Siemens", "ManufacturersModelName": "Skyra", "Modality": "MR", "MultibandAccelerationFactor": 4, "ParallelReductionFactorInPlane": 2, "PartialFourier": 1, "PatientPosition": "HFS", "PercentPhaseFOV": 100, "PercentSampling": 100, "PhaseEncodingDirection": "j-", "PhaseEncodingSteps": 96, "PhaseResolution": 1, "PixelBandwidth": 2005, "ProcedureStepDescription": "Poldrack2^self-scanning", "ProtocolName": "Resting State fMRI MBEPI_matrix96_BW2004", "PulseSequenceDetails": "%CustomerSeq%\\cmrr_mbep2d_bold", "ReceiveCoilActiveElements": "HEA;HEP;SP1", "ReceiveCoilName": "Head_32", "ReconMatrixPE": 96, "RefLinesPE": 94, "RepetitionTime": 1.16, "SAR": 0.0980303, "ScanOptions": "FS", "ScanningSequence": "EP", "SequenceName": "epfid2d1_96", "SequenceVariant": "SK", "SeriesDescription": "Resting State fMRI MBEPI_matrix96_BW2004", "SeriesNumber": 11, "ShimSetting": [-2793, 8114, -15482, 196, -254, 244, -45, -96], "SliceThickness": 2, "SliceTiming": [0, 0.4975, 0.995, 0.355, 0.8525, 0.2125, 0.71, 0.07, 0.5675, 1.0675, 0.425, 0.925, 0.2825, 0.7825, 0.14, 0.64, 0, 0.4975, 0.995, 0.355, 0.8525, 0.2125, 0.71, 0.07, 0.5675, 1.0675, 0.425, 0.925, 0.2825, 0.7825, 0.14, 0.64, 0, 0.4975, 0.995, 0.355, 0.8525, 0.2125, 0.71, 0.07, 0.5675, 1.0675, 0.425, 0.925, 0.2825, 0.7825, 0.14, 0.64, 0, 0.4975, 0.995, 0.355, 0.8525, 0.2125, 0.71, 0.07, 0.5675, 1.0675, 0.425, 0.925, 0.2825, 0.7825, 0.14, 0.64], "SoftwareVersions": "syngo MR D11", "SpacingBetweenSlices": 2.4, "StationName": "AWP45239", "TaskName": "Resting fmri", "TotalReadoutTime": 0.0294501, "TxRefAmp": 338.78, "WipMemBlock": "fd4cd6e2-8a32-49f8-970d-89f49a9358c6||Sequence: VD11D r195; Nov 21 2012 15:36:10 by eja", "dcmmeta_affine": [[-2.3948988914489746, -0.0009228877606801689, 0.06701190769672394, 117.98932647705078], [-0.04370688274502754, 1.8352980613708496, -1.5420887470245361, -58.64850997924805], [0.05065152049064636, 1.5400315523147583, 1.8377898931503296, -108.79422760009766], [0.0, 0.0, 0.0, 1.0]], "dcmmeta_reorient_transform": [[0.0, -1.0, 0.0, 95.0], [1.0, 0.0, 0.0, 0.0], [0.0, 0.0, 1.0, 0.0], [0.0, 0.0, 0.0, 1.0]], "dcmmeta_shape": [96, 96, 64, 518], "dcmmeta_slice_dim": 2, "dcmmeta_version": 0.6, "global": {"const": {"AcquisitionMatrix": [96, 0, 0, 96], "AngioFlag": "N", "BitsAllocated": 16, "BitsStored": 16, "BodyPartExamined": "BRAIN", "Columns": 768, "EchoNumbers": 1, "EchoTime": 30.0, "EchoTrainLength": 48, "FlipAngle": 63.0, "HighBit": 15, "ImageOrientationPatient": [0.99961004112512, 0.01824287410157, 0.02114150482705, -0.0003852053315, 0.76603748373889, -0.6427957880415], "ImagePositionPatient": [-922.27762167795, -747.05047470638, 537.9404457558], "ImageType": ["ORIGINAL", "PRIMARY", "M", "ND", "NORM", "MOSAIC"], "ImagedNucleus": "1H", "ImagingFrequency": 123.1933, "InPlanePhaseEncodingDirection": "COL", "MRAcquisitionType": "2D", "MagneticFieldStrength": 3.0, "Manufacturer": "SIEMENS", "ManufacturerModelName": "Skyra", "Modality": "MR", "NumberOfAverages": 1.0, "NumberOfPhaseEncodingSteps": 96, "PercentPhaseFieldOfView": 100.0, "PercentSampling": 100.0, "PerformedProcedureStepStartTime": "071138.937000", "PhotometricInterpretation": "MONOCHROME2", "PixelBandwidth": 2005.0, "PixelRepresentation": 0, "PixelSpacing": [2.3958332538605, 2.3958332538605], "ProtocolName": "Resting State fMRI MBEPI_matrix96_BW2004", "RepetitionTime": 1160.0, "Rows": 768, "SAR": 0.09803031458361, "SamplesPerPixel": 1, "ScanOptions": "FS", "ScanningSequence": "EP", "SequenceName": "epfid2d1_96", "SequenceVariant": "SK", "SeriesDescription": "Resting State fMRI MBEPI_matrix96_BW2004", "SeriesNumber": 11, "SeriesTime": "073217.125000", "SliceLocation": -42.330433207373, "SliceThickness": 2.0, "SmallestImagePixelValue": 0, "SoftwareVersions": "syngo MR D11", "SpacingBetweenSlices": 2.3999999920801, "SpecificCharacterSet": "ISO_IR 100", "StudyID": "1", "StudyTime": "071138.828000", "TransmitCoilName": "Body", "VariableFlipAngleFlag": "N", "WindowCenterWidthExplanation": "Algo1", "dBdt": 0.0}, "slices": {}}, "time": {"samples": {"AcquisitionNumber": [1, 2, 3, 4, 5, 6, 7, 8, 9, 10, 11, 12, 13, 14, 15, 16, 17, 18, 19, 20, 21, 22, 23, 24, 25, 26, 27, 28, 29, 30, 31, 32, 33, 34, 35, 36, 37, 38, 39, 40, 41, 42, 43, 44, 45, 46, 47, 48, 49, 50, 51, 52, 53, 54, 55, 56, 57, 58, 59, 60, 61, 62, 63, 64, 65, 66, 67, 68, 69, 70, 71, 72, 73, 74, 75, 76, 77, 78, 79, 80, 81, 82, 83, 84, 85, 86, 87, 88, 89, 90, 91, 92, 93, 94, 95, 96, 97, 98, 99, 100, 101, 102, 103, 104, 105, 106, 107, 108, 109, 110, 111, 112, 113, 114, 115, 116, 117, 118, 119, 120, 121, 122, 123, 124, 125, 126, 127, 128, 129, 130, 131, 132, 133, 134, 135, 136, 137, 138, 139, 140, 141, 142, 143, 144, 145, 146, 147, 148, 149, 150, 151, 152, 153, 154, 155, 156, 157, 158, 159, 160, 161, 162, 163, 164, 165, 166, 167, 168, 169, 170, 171, 172, 173, 174, 175, 176, 177, 178, 179, 180, 181, 182, 183, 184, 185, 186, 187, 188, 189, 190, 191, 192, 193, 194, 195, 196, 197, 198, 199, 200, 201, 202, 203, 204, 205, 206, 207, 208, 209, 210, 211, 212, 213, 214, 215, 216, 217, 218, 219, 220, 221, 222, 223, 224, 225, 226, 227, 228, 229, 230, 231, 232, 233, 234, 235, 236, 237, 238, 239, 240, 241, 242, 243, 244, 245, 246, 247, 248, 249, 250, 251, 252, 253, 254, 255, 256, 257, 258, 259, 260, 261, 262, 263, 264, 265, 266, 267, 268, 269, 270, 271, 272, 273, 274, 275, 276, 277, 278, 279, 280, 281, 282, 283, 284, 285, 286, 287, 288, 289, 290, 291, 292, 293, 294, 295, 296, 297, 298, 299, 300, 301, 302, 303, 304, 305, 306, 307, 308, 309, 310, 311, 312, 313, 314, 315, 316, 317, 318, 319, 320, 321, 322, 323, 324, 325, 326, 327, 328, 329, 330, 331, 332, 333, 334, 335, 336, 337, 338, 339, 340, 341, 342, 343, 344, 345, 346, 347, 348, 349, 350, 351, 352, 353, 354, 355, 356, 357, 358, 359, 360, 361, 362, 363, 364, 365, 366, 367, 368, 369, 370, 371, 372, 373, 374, 375, 376, 377, 378, 379, 380, 381, 382, 383, 384, 385, 386, 387, 388, 389, 390, 391, 392, 393, 394, 395, 396, 397, 398, 399, 400, 401, 402, 403, 404, 405, 406, 407, 408, 409, 410, 411, 412, 413, 414, 415, 416, 417, 418, 419, 420, 421, 422, 423, 424, 425, 426, 427, 428, 429, 430, 431, 432, 433, 434, 435, 436, 437, 438, 439, 440, 441, 442, 443, 444, 445, 446, 447, 448, 449, 450, 451, 452, 453, 454, 455, 456, 457, 458, 459, 460, 461, 462, 463, 464, 465, 466, 467, 468, 469, 470, 471, 472, 473, 474, 475, 476, 477, 478, 479, 480, 481, 482, 483, 484, 485, 486, 487, 488, 489, 490, 491, 492, 493, 494, 495, 496, 497, 498, 499, 500, 501, 502, 503, 504, 505, 506, 507, 508, 509, 510, 511, 512, 513, 514, 515, 516, 517, 518], "AcquisitionTime": ["073114.905000", "073143.905000", "073145.065000", "073146.225000", "073147.385000", "073148.545000", "073149.705000", "073150.865000", "073152.025000", "073153.185000", "073154.345000", "073155.505000", "073156.665000", "073157.825000", "073158.985000", "073200.145000", "073201.305000", "073202.465000", "073203.625000", "073204.785000", "073205.945000", "073207.105000", "073208.265000", "073209.425000", "073210.585000", "073211.745000", "073212.905000", "073214.065000", "073215.225000", "073216.385000", "073217.545000", "073218.705000", "073219.865000", "073221.025000", "073222.185000", "073223.345000", "073224.505000", "073225.665000", "073226.825000", "073227.985000", "073229.145000", "073230.305000", "073231.465000", "073232.625000", "073233.785000", "073234.945000", "073236.105000", "073237.265000", "073238.425000", "073239.585000", "073240.745000", "073241.905000", "073243.065000", "073244.225000", "073245.385000", "073246.545000", "073247.705000", "073248.865000", "073250.025000", "073251.185000", "073252.345000", "073253.505000", "073254.665000", "073255.825000", "073256.985000", "073258.145000", "073259.305000", "073300.465000", "073301.625000", "073302.785000", "073303.945000", "073305.105000", "073306.265000", "073307.425000", "073308.585000", "073309.745000", "073310.905000", "073312.065000", "073313.225000", "073314.385000", "073315.545000", "073316.705000", "073317.865000", "073319.025000", "073320.185000", "073321.345000", "073322.505000", "073323.665000", "073324.825000", "073325.985000", "073327.145000", "073328.305000", "073329.465000", "073330.625000", "073331.785000", "073332.945000", "073334.105000", "073335.265000", "073336.425000", "073337.585000", "073338.745000", "073339.905000", "073341.065000", "073342.225000", "073343.385000", "073344.545000", "073345.705000", "073346.865000", "073348.025000", "073349.185000", "073350.345000", "073351.505000", "073352.665000", "073353.825000", "073354.985000", "073356.145000", "073357.305000", "073358.465000", "073359.625000", "073400.785000", "073401.945000", "073403.105000", "073404.265000", "073405.425000", "073406.585000", "073407.745000", "073408.905000", "073410.065000", "073411.225000", "073412.385000", "073413.545000", "073414.705000", "073415.865000", "073417.025000", "073418.185000", "073419.345000", "073420.505000", "073421.665000", "073422.825000", "073423.985000", "073425.145000", "073426.305000", "073427.465000", "073428.625000", "073429.785000", "073430.945000", "073432.105000", "073433.265000", "073434.425000", "073435.585000", "073436.745000", "073437.905000", "073439.065000", "073440.225000", "073441.385000", "073442.545000", "073443.705000", "073444.865000", "073446.025000", "073447.185000", "073448.345000", "073449.505000", "073450.665000", "073451.825000", "073452.985000", "073454.145000", "073455.305000", "073456.465000", "073457.625000", "073458.785000", "073459.945000", "073501.105000", "073502.265000", "073503.425000", "073504.585000", "073505.745000", "073506.905000", "073508.065000", "073509.225000", "073510.385000", "073511.545000", "073512.705000", "073513.865000", "073515.025000", "073516.185000", "073517.345000", "073518.505000", "073519.665000", "073520.825000", "073521.985000", "073523.145000", "073524.305000", "073525.465000", "073526.625000", "073527.785000", "073528.945000", "073530.105000", "073531.265000", "073532.425000", "073533.585000", "073534.745000", "073535.905000", "073537.065000", "073538.225000", "073539.385000", "073540.545000", "073541.705000", "073542.865000", "073544.025000", "073545.185000", "073546.345000", "073547.505000", "073548.665000", "073549.825000", "073550.985000", "073552.145000", "073553.305000", "073554.465000", "073555.625000", "073556.785000", "073557.945000", "073559.105000", "073600.265000", "073601.425000", "073602.585000", "073603.745000", "073604.905000", "073606.065000", "073607.225000", "073608.385000", "073609.545000", "073610.705000", "073611.865000", "073613.025000", "073614.185000", "073615.345000", "073616.505000", "073617.665000", "073618.825000", "073619.985000", "073621.145000", "073622.305000", "073623.465000", "073624.625000", "073625.785000", "073626.945000", "073628.107500", "073629.267500", "073630.427500", "073631.587500", "073632.747500", "073633.907500", "073635.067500", "073636.227500", "073637.387500", "073638.547500", "073639.707500", "073640.867500", "073642.027500", "073643.187500", "073644.347500", "073645.507500", "073646.667500", "073647.827500", "073648.987500", "073650.147500", "073651.307500", "073652.467500", "073653.627500", "073654.787500", "073655.947500", "073657.107500", "073658.267500", "073659.427500", "073700.587500", "073701.747500", "073702.907500", "073704.067500", "073705.227500", "073706.387500", "073707.547500", "073708.707500", "073709.867500", "073711.027500", "073712.187500", "073713.347500", "073714.507500", "073715.667500", "073716.827500", "073717.987500", "073719.147500", "073720.307500", "073721.467500", "073722.627500", "073723.787500", "073724.947500", "073726.107500", "073727.267500", "073728.427500", "073729.587500", "073730.747500", "073731.907500", "073733.067500", "073734.227500", "073735.387500", "073736.547500", "073737.707500", "073738.867500", "073740.027500", "073741.187500", "073742.347500", "073743.507500", "073744.667500", "073745.827500", "073746.987500", "073748.147500", "073749.307500", "073750.467500", "073751.627500", "073752.787500", "073753.947500", "073755.107500", "073756.267500", "073757.427500", "073758.587500", "073759.747500", "073800.907500", "073802.067500", "073803.227500", "073804.387500", "073805.547500", "073806.707500", "073807.867500", "073809.027500", "073810.187500", "073811.347500", "073812.507500", "073813.667500", "073814.827500", "073815.987500", "073817.147500", "073818.307500", "073819.467500", "073820.627500", "073821.787500", "073822.947500", "073824.107500", "073825.267500", "073826.427500", "073827.587500", "073828.747500", "073829.907500", "073831.067500", "073832.227500", "073833.387500", "073834.547500", "073835.707500", "073836.867500", "073838.027500", "073839.187500", "073840.347500", "073841.507500", "073842.667500", "073843.827500", "073844.987500", "073846.147500", "073847.307500", "073848.467500", "073849.627500", "073850.787500", "073851.947500", "073853.107500", "073854.267500", "073855.427500", "073856.587500", "073857.747500", "073858.907500", "073900.067500", "073901.227500", "073902.387500", "073903.547500", "073904.707500", "073905.867500", "073907.027500", "073908.187500", "073909.347500", "073910.507500", "073911.667500", "073912.827500", "073913.987500", "073915.147500", "073916.307500", "073917.467500", "073918.627500", "073919.787500", "073920.947500", "073922.107500", "073923.267500", "073924.427500", "073925.587500", "073926.747500", "073927.907500", "073929.067500", "073930.227500", "073931.387500", "073932.547500", "073933.707500", "073934.867500", "073936.027500", "073937.187500", "073938.347500", "073939.507500", "073940.667500", "073941.827500", "073942.987500", "073944.147500", "073945.307500", "073946.467500", "073947.627500", "073948.787500", "073949.947500", "073951.107500", "073952.267500", "073953.427500", "073954.587500", "073955.747500", "073956.907500", "073958.067500", "073959.227500", "074000.387500", "074001.547500", "074002.707500", "074003.867500", "074005.027500", "074006.187500", "074007.347500", "074008.507500", "074009.667500", "074010.827500", "074011.987500", "074013.147500", "074014.307500", "074015.467500", "074016.627500", "074017.787500", "074018.947500", "074020.107500", "074021.267500", "074022.427500", "074023.587500", "074024.747500", "074025.907500", "074027.067500", "074028.227500", "074029.387500", "074030.547500", "074031.707500", "074032.867500", "074034.027500", "074035.187500", "074036.347500", "074037.507500", "074038.667500", "074039.827500", "074040.987500", "074042.147500", "074043.307500", "074044.467500", "074045.627500", "074046.787500", "074047.947500", "074049.107500", "074050.267500", "074051.427500", "074052.587500", "074053.747500", "074054.907500", "074056.067500", "074057.227500", "074058.387500", "074059.547500", "074100.707500", "074101.867500", "074103.027500", "074104.187500", "074105.347500", "074106.507500", "074107.667500", "074108.827500", "074109.987500", "074111.147500", "074112.307500", "074113.467500", "074114.627500", "074115.787500", "074116.947500", "074118.110000", "074119.270000", "074120.430000", "074121.590000", "074122.750000", "074123.910000", "074125.070000", "074126.230000", "074127.390000", "074128.550000", "074129.710000", "074130.870000", "074132.030000", "074133.190000", "074134.350000", "074135.510000", "074136.670000", "074137.830000", "074138.990000", "074140.150000", "074141.310000", "074142.470000"], "ContentTime": ["073217.125000", "073225.015000", "073225.031000", "073225.031000", "073225.031000", "073225.046000", "073230.015000", "073230.015000", "073230.015000", "073230.031000", "073235.015000", "073235.015000", "073235.031000", "073240.015000", "073240.031000", "073240.031000", "073245.015000", "073245.015000", "073245.031000", "073245.031000", "073250.015000", "073250.062000", "073250.062000", "073255.015000", "073255.015000", "073255.015000", "073300.015000", "073300.015000", "073300.015000", "073300.015000", "073305.015000", "073305.015000", "073305.015000", "073310.015000", "073310.015000", "073310.015000", "073310.031000", "073315.015000", "073315.031000", "073315.031000", "073320.015000", "073320.015000", "073320.015000", "073325.015000", "073325.031000", "073325.031000", "073330.015000", "073330.015000", "073330.015000", "073330.015000", "073335.015000", "073335.015000", "073335.031000", "073340.015000", "073340.031000", "073340.031000", "073345.015000", "073345.015000", "073345.015000", "073345.015000", "073350.015000", "073350.015000", "073350.015000", "073355.015000", "073355.015000", "073355.015000", "073400.015000", "073400.015000", "073400.015000", "073400.015000", "073405.015000", "073405.015000", "073405.031000", "073410.015000", "073410.046000", "073410.062000", "073415.015000", "073415.015000", "073415.015000", "073415.015000", "073420.015000", "073420.015000", "073420.015000", "073425.015000", "073425.031000", "073425.031000", "073430.015000", "073430.015000", "073430.031000", "073430.031000", "073435.015000", "073435.031000", "073435.031000", "073440.015000", "073440.015000", "073440.031000", "073440.031000", "073445.015000", "073445.015000", "073445.015000", "073450.015000", "073450.015000", "073450.015000", "073455.015000", "073455.015000", "073455.031000", "073500.015000", "073500.015000", "073500.015000", "073500.015000", "073505.015000", "073505.031000", "073505.031000", "073510.015000", "073510.015000", "073510.031000", "073515.015000", "073515.015000", "073515.015000", "073520.015000", "073520.015000", "073520.015000", "073520.031000", "073525.015000", "073525.015000", "073525.031000", "073530.015000", "073530.015000", "073530.031000", "073535.015000", "073535.015000", "073535.031000", "073535.031000", "073540.015000", "073540.031000", "073540.031000", "073545.015000", "073545.015000", "073545.015000", "073550.015000", "073550.015000", "073550.046000", "073555.015000", "073555.015000", "073555.015000", "073555.015000", "073600.015000", "073600.031000", "073600.031000", "073605.015000", "073605.015000", "073605.015000", "073610.015000", "073610.031000", "073610.031000", "073610.031000", "073615.015000", "073615.015000", "073615.015000", "073620.015000", "073620.015000", "073620.031000", "073625.015000", "073625.031000", "073625.031000", "073630.015000", "073630.015000", "073630.031000", "073630.031000", "073635.015000", "073635.031000", "073635.031000", "073640.015000", "073640.015000", "073640.015000", "073640.015000", "073645.015000", "073645.015000", "073645.015000", "073650.015000", "073650.015000", "073650.031000", "073655.015000", "073655.015000", "073655.015000", "073655.031000", "073700.015000", "073700.031000", "073700.031000", "073705.015000", "073705.031000", "073705.031000", "073710.015000", "073710.015000", "073710.015000", "073715.015000", "073715.015000", "073715.015000", "073715.015000", "073720.015000", "073720.015000", "073720.031000", "073725.015000", "073725.015000", "073725.015000", "073730.015000", "073730.015000", "073730.015000", "073735.015000", "073735.015000", "073735.015000", "073740.015000", "073740.015000", "073740.015000", "073740.015000", "073745.015000", "073745.015000", "073745.031000", "073750.015000", "073750.015000", "073750.015000", "073755.015000", "073755.015000", "073755.015000", "073800.015000", "073800.015000", "073800.015000", "073805.015000", "073805.015000", "073805.031000", "073810.015000", "073810.015000", "073810.031000", "073810.031000", "073815.015000", "073815.015000", "073815.015000", "073820.015000", "073820.015000", "073820.015000", "073825.015000", "073825.015000", "073825.031000", "073830.015000", "073830.015000", "073830.015000", "073830.015000", "073835.015000", "073835.031000", "073835.031000", "073840.015000", "073840.015000", "073840.015000", "073845.015000", "073845.015000", "073845.031000", "073845.031000", "073850.015000", "073850.015000", "073850.015000", "073855.015000", "073855.015000", "073855.015000", "073855.015000", "073900.015000", "073900.015000", "073900.015000", "073905.015000", "073905.031000", "073905.031000", "073910.015000", "073910.015000", "073910.015000", "073910.015000", "073915.015000", "073915.015000", "073915.015000", "073920.015000", "073920.015000", "073920.015000", "073925.015000", "073925.015000", "073925.031000", "073930.015000", "073930.031000", "073930.031000", "073935.015000", "073935.015000", "073935.015000", "073940.015000", "073940.015000", "073940.015000", "073940.015000", "073945.015000", "073945.015000", "073945.015000", "073950.015000", "073950.015000", "073950.015000", "073955.015000", "073955.031000", "073955.031000", "074000.015000", "074000.015000", "074000.015000", "074000.031000", "074005.015000", "074005.015000", "074005.015000", "074010.015000", "074010.015000", "074010.015000", "074015.015000", "074015.015000", "074015.031000", "074020.015000", "074020.015000", "074020.031000", "074020.031000", "074025.015000", "074025.031000", "074025.031000", "074030.015000", "074030.015000", "074030.015000", "074035.015000", "074035.015000", "074035.015000", "074040.015000", "074040.015000", "074040.015000", "074040.031000", "074045.031000", "074045.031000", "074045.031000", "074050.015000", "074050.015000", "074050.015000", "074055.015000", "074055.015000", "074055.015000", "074100.015000", "074100.015000", "074100.015000", "074100.015000", "074105.015000", "074105.015000", "074105.031000", "074110.015000", "074110.031000", "074110.031000", "074115.015000", "074115.015000", "074115.015000", "074120.015000", "074120.031000", "074120.031000", "074120.031000", "074125.015000", "074125.015000", "074125.015000", "074130.015000", "074130.015000", "074130.031000", "074135.015000", "074135.015000", "074135.015000", "074135.031000", "074140.015000", "074140.031000", "074140.031000", "074145.015000", "074145.015000", "074145.031000", "074150.015000", "074150.015000", "074150.015000", "074150.031000", "074155.015000", "074155.015000", "074155.031000", "074155.031000", "074200.015000", "074200.015000", "074200.046000", "074205.015000", "074205.015000", "074205.015000", "074205.031000", "074210.015000", "074210.031000", "074210.031000", "074215.015000", "074215.015000", "074215.031000", "074215.031000", "074220.015000", "074220.015000", "074220.031000", "074220.031000", "074225.015000", "074225.015000", "074225.015000", "074230.015000", "074230.031000", "074230.031000", "074230.031000", "074235.015000", "074235.015000", "074235.015000", "074240.015000", "074240.015000", "074240.015000", "074240.031000", "074245.015000", "074245.015000", "074245.015000", "074245.015000", "074250.015000", "074250.015000", "074250.031000", "074255.015000", "074255.015000", "074255.015000", "074300.015000", "074300.015000", "074300.015000", "074300.015000", "074305.015000", "074305.015000", "074305.015000", "074305.031000", "074310.015000", "074310.031000", "074310.031000", "074315.015000", "074315.031000", "074315.031000", "074320.015000", "074320.015000", "074320.015000", "074320.015000", "074325.812000", "074325.812000", "074325.812000", "074325.828000", "074335.015000", "074335.015000", "074335.031000", "074335.031000", "074335.031000", "074335.031000", "074335.031000", "074340.015000", "074340.015000", "074340.015000", "074340.031000", "074345.015000", "074345.015000", "074345.015000", "074345.015000", "074350.015000", "074350.015000", "074350.015000", "074355.015000", "074355.015000", "074355.015000", "074355.031000", "074400.015000", "074400.015000", "074400.031000", "074405.015000", "074405.015000", "074405.031000", "074405.031000", "074410.015000", "074410.015000", "074410.015000", "074415.015000", "074415.015000", "074415.015000", "074415.031000", "074420.015000", "074420.015000", "074420.031000", "074425.015000", "074425.015000", "074425.015000", "074425.015000", "074430.015000", "074430.015000", "074430.015000", "074435.015000", "074435.015000", "074435.015000", "074435.031000", "074440.015000", "074440.015000", "074440.015000", "074440.031000", "074445.015000", "074445.015000", "074445.015000", "074450.015000", "074450.015000", "074450.015000", "074455.015000", "074455.015000", "074455.015000", "074455.031000", "074500.015000", "074500.031000", "074500.031000", "074505.718000", "074505.718000", "074505.718000", "074505.718000", "074505.734000"], "InstanceCreationTime": ["073217.125000", "073225.015000", "073225.031000", "073225.031000", "073225.031000", "073225.046000", "073230.015000", "073230.015000", "073230.015000", "073230.031000", "073235.015000", "073235.015000", "073235.031000", "073240.015000", "073240.031000", "073240.031000", "073245.015000", "073245.015000", "073245.031000", "073245.031000", "073250.015000", "073250.062000", "073250.062000", "073255.015000", "073255.015000", "073255.015000", "073300.015000", "073300.015000", "073300.015000", "073300.015000", "073305.015000", "073305.015000", "073305.015000", "073310.015000", "073310.015000", "073310.015000", "073310.031000", "073315.015000", "073315.031000", "073315.031000", "073320.015000", "073320.015000", "073320.015000", "073325.015000", "073325.031000", "073325.031000", "073330.015000", "073330.015000", "073330.015000", "073330.015000", "073335.015000", "073335.015000", "073335.031000", "073340.015000", "073340.031000", "073340.031000", "073345.015000", "073345.015000", "073345.015000", "073345.015000", "073350.015000", "073350.015000", "073350.015000", "073355.015000", "073355.015000", "073355.015000", "073400.015000", "073400.015000", "073400.015000", "073400.015000", "073405.015000", "073405.015000", "073405.031000", "073410.015000", "073410.046000", "073410.062000", "073415.015000", "073415.015000", "073415.015000", "073415.015000", "073420.015000", "073420.015000", "073420.015000", "073425.015000", "073425.031000", "073425.031000", "073430.015000", "073430.015000", "073430.031000", "073430.031000", "073435.015000", "073435.031000", "073435.031000", "073440.015000", "073440.015000", "073440.031000", "073440.031000", "073445.015000", "073445.015000", "073445.015000", "073450.015000", "073450.015000", "073450.015000", "073455.015000", "073455.015000", "073455.031000", "073500.015000", "073500.015000", "073500.015000", "073500.015000", "073505.015000", "073505.031000", "073505.031000", "073510.015000", "073510.015000", "073510.031000", "073515.015000", "073515.015000", "073515.015000", "073520.015000", "073520.015000", "073520.015000", "073520.031000", "073525.015000", "073525.015000", "073525.031000", "073530.015000", "073530.015000", "073530.031000", "073535.015000", "073535.015000", "073535.031000", "073535.031000", "073540.015000", "073540.031000", "073540.031000", "073545.015000", "073545.015000", "073545.015000", "073550.015000", "073550.015000", "073550.046000", "073555.015000", "073555.015000", "073555.015000", "073555.015000", "073600.015000", "073600.031000", "073600.031000", "073605.015000", "073605.015000", "073605.015000", "073610.015000", "073610.031000", "073610.031000", "073610.031000", "073615.015000", "073615.015000", "073615.015000", "073620.015000", "073620.015000", "073620.031000", "073625.015000", "073625.031000", "073625.031000", "073630.015000", "073630.015000", "073630.031000", "073630.031000", "073635.015000", "073635.031000", "073635.031000", "073640.015000", "073640.015000", "073640.015000", "073640.015000", "073645.015000", "073645.015000", "073645.015000", "073650.015000", "073650.015000", "073650.031000", "073655.015000", "073655.015000", "073655.015000", "073655.031000", "073700.015000", "073700.031000", "073700.031000", "073705.015000", "073705.031000", "073705.031000", "073710.015000", "073710.015000", "073710.015000", "073715.015000", "073715.015000", "073715.015000", "073715.015000", "073720.015000", "073720.015000", "073720.031000", "073725.015000", "073725.015000", "073725.015000", "073730.015000", "073730.015000", "073730.015000", "073735.015000", "073735.015000", "073735.015000", "073740.015000", "073740.015000", "073740.015000", "073740.015000", "073745.015000", "073745.015000", "073745.031000", "073750.015000", "073750.015000", "073750.015000", "073755.015000", "073755.015000", "073755.015000", "073800.015000", "073800.015000", "073800.015000", "073805.015000", "073805.015000", "073805.031000", "073810.015000", "073810.015000", "073810.031000", "073810.031000", "073815.015000", "073815.015000", "073815.015000", "073820.015000", "073820.015000", "073820.015000", "073825.015000", "073825.015000", "073825.031000", "073830.015000", "073830.015000", "073830.015000", "073830.015000", "073835.015000", "073835.031000", "073835.031000", "073840.015000", "073840.015000", "073840.015000", "073845.015000", "073845.015000", "073845.031000", "073845.031000", "073850.015000", "073850.015000", "073850.015000", "073855.015000", "073855.015000", "073855.015000", "073855.015000", "073900.015000", "073900.015000", "073900.015000", "073905.015000", "073905.031000", "073905.031000", "073910.015000", "073910.015000", "073910.015000", "073910.015000", "073915.015000", "073915.015000", "073915.015000", "073920.015000", "073920.015000", "073920.015000", "073925.015000", "073925.015000", "073925.031000", "073930.015000", "073930.031000", "073930.031000", "073935.015000", "073935.015000", "073935.015000", "073940.015000", "073940.015000", "073940.015000", "073940.015000", "073945.015000", "073945.015000", "073945.015000", "073950.015000", "073950.015000", "073950.015000", "073955.015000", "073955.031000", "073955.031000", "074000.015000", "074000.015000", "074000.015000", "074000.031000", "074005.015000", "074005.015000", "074005.015000", "074010.015000", "074010.015000", "074010.015000", "074015.015000", "074015.015000", "074015.031000", "074020.015000", "074020.015000", "074020.031000", "074020.031000", "074025.015000", "074025.031000", "074025.031000", "074030.015000", "074030.015000", "074030.015000", "074035.015000", "074035.015000", "074035.015000", "074040.015000", "074040.015000", "074040.015000", "074040.031000", "074045.031000", "074045.031000", "074045.031000", "074050.015000", "074050.015000", "074050.015000", "074055.015000", "074055.015000", "074055.015000", "074100.015000", "074100.015000", "074100.015000", "074100.015000", "074105.015000", "074105.015000", "074105.031000", "074110.015000", "074110.031000", "074110.031000", "074115.015000", "074115.015000", "074115.015000", "074120.015000", "074120.031000", "074120.031000", "074120.031000", "074125.015000", "074125.015000", "074125.015000", "074130.015000", "074130.015000", "074130.031000", "074135.015000", "074135.015000", "074135.015000", "074135.031000", "074140.015000", "074140.031000", "074140.031000", "074145.015000", "074145.015000", "074145.031000", "074150.015000", "074150.015000", "074150.015000", "074150.031000", "074155.015000", "074155.015000", "074155.031000", "074155.031000", "074200.015000", "074200.015000", "074200.046000", "074205.015000", "074205.015000", "074205.015000", "074205.031000", "074210.015000", "074210.031000", "074210.031000", "074215.015000", "074215.015000", "074215.031000", "074215.031000", "074220.015000", "074220.015000", "074220.031000", "074220.031000", "074225.015000", "074225.015000", "074225.015000", "074230.015000", "074230.031000", "074230.031000", "074230.031000", "074235.015000", "074235.015000", "074235.015000", "074240.015000", "074240.015000", "074240.015000", "074240.031000", "074245.015000", "074245.015000", "074245.015000", "074245.015000", "074250.015000", "074250.015000", "074250.031000", "074255.015000", "074255.015000", "074255.015000", "074300.015000", "074300.015000", "074300.015000", "074300.015000", "074305.015000", "074305.015000", "074305.015000", "074305.031000", "074310.015000", "074310.031000", "074310.031000", "074315.015000", "074315.031000", "074315.031000", "074320.015000", "074320.015000", "074320.015000", "074320.015000", "074325.812000", "074325.812000", "074325.812000", "074325.828000", "074335.015000", "074335.015000", "074335.031000", "074335.031000", "074335.031000", "074335.031000", "074335.031000", "074340.015000", "074340.015000", "074340.015000", "074340.031000", "074345.015000", "074345.015000", "074345.015000", "074345.015000", "074350.015000", "074350.015000", "074350.015000", "074355.015000", "074355.015000", "074355.015000", "074355.031000", "074400.015000", "074400.015000", "074400.031000", "074405.015000", "074405.015000", "074405.031000", "074405.031000", "074410.015000", "074410.015000", "074410.015000", "074415.015000", "074415.015000", "074415.015000", "074415.031000", "074420.015000", "074420.015000", "074420.031000", "074425.015000", "074425.015000", "074425.015000", "074425.015000", "074430.015000", "074430.015000", "074430.015000", "074435.015000", "074435.015000", "074435.015000", "074435.031000", "074440.015000", "074440.015000", "074440.015000", "074440.031000", "074445.015000", "074445.015000", "074445.015000", "074450.015000", "074450.015000", "074450.015000", "074455.015000", "074455.015000", "074455.015000", "074455.031000", "074500.015000", "074500.031000", "074500.031000", "074505.718000", "074505.718000", "074505.718000", "074505.718000", "074505.734000"], "InstanceNumber": [1, 2, 3, 4, 5, 6, 7, 8, 9, 10, 11, 12, 13, 14, 15, 16, 17, 18, 19, 20, 21, 22, 23, 24, 25, 26, 27, 28, 29, 30, 31, 32, 33, 34, 35, 36, 37, 38, 39, 40, 41, 42, 43, 44, 45, 46, 47, 48, 49, 50, 51, 52, 53, 54, 55, 56, 57, 58, 59, 60, 61, 62, 63, 64, 65, 66, 67, 68, 69, 70, 71, 72, 73, 74, 75, 76, 77, 78, 79, 80, 81, 82, 83, 84, 85, 86, 87, 88, 89, 90, 91, 92, 93, 94, 95, 96, 97, 98, 99, 100, 101, 102, 103, 104, 105, 106, 107, 108, 109, 110, 111, 112, 113, 114, 115, 116, 117, 118, 119, 120, 121, 122, 123, 124, 125, 126, 127, 128, 129, 130, 131, 132, 133, 134, 135, 136, 137, 138, 139, 140, 141, 142, 143, 144, 145, 146, 147, 148, 149, 150, 151, 152, 153, 154, 155, 156, 157, 158, 159, 160, 161, 162, 163, 164, 165, 166, 167, 168, 169, 170, 171, 172, 173, 174, 175, 176, 177, 178, 179, 180, 181, 182, 183, 184, 185, 186, 187, 188, 189, 190, 191, 192, 193, 194, 195, 196, 197, 198, 199, 200, 201, 202, 203, 204, 205, 206, 207, 208, 209, 210, 211, 212, 213, 214, 215, 216, 217, 218, 219, 220, 221, 222, 223, 224, 225, 226, 227, 228, 229, 230, 231, 232, 233, 234, 235, 236, 237, 238, 239, 240, 241, 242, 243, 244, 245, 246, 247, 248, 249, 250, 251, 252, 253, 254, 255, 256, 257, 258, 259, 260, 261, 262, 263, 264, 265, 266, 267, 268, 269, 270, 271, 272, 273, 274, 275, 276, 277, 278, 279, 280, 281, 282, 283, 284, 285, 286, 287, 288, 289, 290, 291, 292, 293, 294, 295, 296, 297, 298, 299, 300, 301, 302, 303, 304, 305, 306, 307, 308, 309, 310, 311, 312, 313, 314, 315, 316, 317, 318, 319, 320, 321, 322, 323, 324, 325, 326, 327, 328, 329, 330, 331, 332, 333, 334, 335, 336, 337, 338, 339, 340, 341, 342, 343, 344, 345, 346, 347, 348, 349, 350, 351, 352, 353, 354, 355, 356, 357, 358, 359, 360, 361, 362, 363, 364, 365, 366, 367, 368, 369, 370, 371, 372, 373, 374, 375, 376, 377, 378, 379, 380, 381, 382, 383, 384, 385, 386, 387, 388, 389, 390, 391, 392, 393, 394, 395, 396, 397, 398, 399, 400, 401, 402, 403, 404, 405, 406, 407, 408, 409, 410, 411, 412, 413, 414, 415, 416, 417, 418, 419, 420, 421, 422, 423, 424, 425, 426, 427, 428, 429, 430, 431, 432, 433, 434, 435, 436, 437, 438, 439, 440, 441, 442, 443, 444, 445, 446, 447, 448, 449, 450, 451, 452, 453, 454, 455, 456, 457, 458, 459, 460, 461, 462, 463, 464, 465, 466, 467, 468, 469, 470, 471, 472, 473, 474, 475, 476, 477, 478, 479, 480, 481, 482, 483, 484, 485, 486, 487, 488, 489, 490, 491, 492, 493, 494, 495, 496, 497, 498, 499, 500, 501, 502, 503, 504, 505, 506, 507, 508, 509, 510, 511, 512, 513, 514, 515, 516, 517, 518], "LargestImagePixelValue": [17778, 17882, 17752, 18129, 17752, 17705, 18404, 17857, 17819, 18014, 17842, 17887, 17832, 17655, 19992, 17628, 17756, 17877, 17688, 17856, 18073, 17586, 17928, 18037, 17634, 17835, 17802, 19678, 17640, 17882, 17710, 17833, 17810, 17815, 17549, 17842, 17764, 17674, 17697, 17669, 17774, 17512, 17670, 17635, 17787, 17788, 17731, 17753, 17767, 17745, 17689, 18253, 17765, 17741, 17707, 17692, 17764, 18279, 19725, 17733, 17800, 17669, 17737, 17626, 17906, 18631, 17685, 17859, 18413, 17679, 17744, 17787, 17636, 17700, 17605, 17713, 17567, 17587, 20094, 17595, 17633, 17817, 17660, 17679, 17700, 17686, 17638, 17704, 17562, 17766, 17611, 17786, 17735, 17853, 17953, 17724, 17456, 17660, 17636, 17546, 17457, 17493, 17677, 17430, 17748, 17691, 17756, 17685, 17620, 18195, 17611, 17608, 17635, 17729, 17669, 18268, 17683, 17677, 17587, 17646, 17666, 17607, 17621, 17723, 17776, 17693, 17608, 17807, 18419, 17622, 17481, 17860, 17571, 17847, 17628, 17709, 17694, 17577, 17902, 17607, 17646, 17753, 17783, 17944, 17607, 17581, 17594, 17596, 17669, 17840, 17487, 17734, 17812, 17698, 17598, 17623, 17634, 17656, 17443, 17752, 17473, 17717, 17414, 17651, 17574, 17360, 17750, 17546, 17822, 17721, 18026, 17688, 17727, 17642, 17702, 17748, 17703, 17646, 17557, 17726, 17730, 17737, 17733, 17556, 17577, 17944, 17697, 17621, 17658, 17738, 17650, 17544, 17509, 17449, 17776, 17657, 17623, 17588, 17554, 17647, 17503, 18497, 17579, 17583, 18128, 17600, 17707, 17856, 17522, 17665, 17701, 17530, 17413, 17517, 17512, 17463, 17315, 17446, 17342, 17343, 17419, 17563, 17483, 17455, 17381, 17462, 17482, 17369, 17395, 17600, 17447, 17435, 17503, 17402, 17442, 18333, 17380, 17582, 17715, 17534, 18115, 17408, 17453, 17550, 17475, 17365, 17525, 17532, 17305, 17389, 17442, 17650, 17809, 17550, 17330, 17535, 17306, 18152, 19557, 18537, 19314, 17654, 17308, 17283, 17431, 17499, 17319, 17184, 17255, 17416, 17417, 17434, 17242, 17298, 17396, 17427, 17497, 17342, 17329, 17299, 17373, 17447, 17466, 17341, 17360, 17861, 17534, 17433, 17330, 17373, 17532, 17359, 17436, 17629, 17321, 17507, 17507, 17487, 17377, 17840, 17666, 17652, 17644, 17365, 17517, 17575, 17673, 17613, 17704, 17648, 17679, 17497, 17558, 17460, 17627, 17524, 17525, 17638, 17415, 17772, 17726, 17569, 17765, 17711, 17644, 17704, 17738, 17492, 17461, 17568, 17440, 17576, 17491, 17696, 17363, 17647, 17550, 17414, 17731, 17744, 17675, 17501, 17577, 17711, 17482, 17575, 17535, 17489, 17590, 17647, 17447, 17659, 17720, 17601, 17493, 17766, 17605, 17585, 17766, 17624, 17547, 18543, 18124, 19301, 18040, 17538, 17740, 18259, 17631, 17579, 17511, 17542, 17527, 17597, 17734, 17426, 17706, 17518, 17632, 17502, 17359, 17638, 17483, 17644, 17656, 17841, 17611, 17626, 17525, 17695, 17752, 17718, 17466, 17636, 17544, 17534, 17504, 17497, 17501, 17429, 17566, 17646, 18515, 18450, 18643, 18750, 19703, 18956, 18602, 18473, 18742, 18627, 19568, 19572, 18921, 18501, 18016, 17493, 17704, 18290, 18242, 18703, 18575, 19133, 19193, 18368, 17907, 17543, 17523, 17703, 17864, 18146, 18334, 17548, 18261, 19610, 17793, 17580, 18263, 18251, 18359, 18218, 17811, 18826, 19264, 18089, 17943, 18647, 18351, 19309, 18529, 19408, 18691, 18069, 18062, 18441, 18077, 18723, 19189, 19203, 19077, 17491, 17602, 17573, 17603, 18366, 18512, 17423, 17407, 17508, 17461, 17379, 17667, 17701, 17474, 17523, 18042, 19016, 18641, 18440, 19555, 18919, 19132, 17778, 18689, 17929, 17869, 18358, 18789, 17690, 17618, 17994, 18107, 17879, 17798, 18182, 17428, 17696, 17983, 17591, 17525, 17744, 17800, 17806, 18579, 17592, 18025, 18748, 19596, 18608, 18636, 18399, 18151, 17966, 18657, 18467, 18782, 17747], "WindowCenter": [8668.0, 8670.0, 8665.0, 8666.0, 8658.0, 8650.0, 8670.0, 8657.0, 8665.0, 8658.0, 8677.0, 8677.0, 8682.0, 8669.0, 8679.0, 8665.0, 8664.0, 8649.0, 8639.0, 8656.0, 8655.0, 8668.0, 8697.0, 8678.0, 8670.0, 8674.0, 8660.0, 8654.0, 8651.0, 8655.0, 8630.0, 8642.0, 8636.0, 8646.0, 8657.0, 8645.0, 8643.0, 8629.0, 8631.0, 8643.0, 8644.0, 8646.0, 8643.0, 8642.0, 8644.0, 8658.0, 8657.0, 8653.0, 8650.0, 8650.0, 8667.0, 8648.0, 8669.0, 8662.0, 8654.0, 8673.0, 8669.0, 8652.0, 8671.0, 8654.0, 8661.0, 8667.0, 8677.0, 8663.0, 8678.0, 8679.0, 8659.0, 8662.0, 8675.0, 8653.0, 8661.0, 8652.0, 8645.0, 8683.0, 8674.0, 8676.0, 8663.0, 8655.0, 8663.0, 8636.0, 8642.0, 8641.0, 8635.0, 8643.0, 8629.0, 8636.0, 8645.0, 8642.0, 8636.0, 8655.0, 8639.0, 8665.0, 8657.0, 8649.0, 8637.0, 8636.0, 8637.0, 8623.0, 8633.0, 8640.0, 8628.0, 8623.0, 8634.0, 8639.0, 8653.0, 8652.0, 8662.0, 8653.0, 8655.0, 8651.0, 8647.0, 8645.0, 8649.0, 8663.0, 8661.0, 8664.0, 8658.0, 8660.0, 8671.0, 8659.0, 8642.0, 8662.0, 8665.0, 8666.0, 8666.0, 8652.0, 8651.0, 8670.0, 8657.0, 8654.0, 8652.0, 8657.0, 8648.0, 8651.0, 8644.0, 8635.0, 8635.0, 8623.0, 8644.0, 8646.0, 8648.0, 8656.0, 8658.0, 8667.0, 8652.0, 8647.0, 8639.0, 8642.0, 8639.0, 8648.0, 8616.0, 8640.0, 8639.0, 8645.0, 8631.0, 8615.0, 8623.0, 8634.0, 8638.0, 8632.0, 8631.0, 8624.0, 8625.0, 8642.0, 8637.0, 8650.0, 8657.0, 8663.0, 8657.0, 8654.0, 8667.0, 8660.0, 8644.0, 8660.0, 8652.0, 8654.0, 8654.0, 8654.0, 8634.0, 8633.0, 8633.0, 8647.0, 8643.0, 8660.0, 8647.0, 8656.0, 8632.0, 8623.0, 8647.0, 8646.0, 8640.0, 8642.0, 8645.0, 8644.0, 8650.0, 8642.0, 8640.0, 8660.0, 8654.0, 8654.0, 8649.0, 8645.0, 8647.0, 8660.0, 8652.0, 8638.0, 8656.0, 8644.0, 8631.0, 8634.0, 8649.0, 8648.0, 8652.0, 8637.0, 8614.0, 8615.0, 8629.0, 8632.0, 8627.0, 8630.0, 8626.0, 8635.0, 8626.0, 8625.0, 8630.0, 8629.0, 8632.0, 8616.0, 8617.0, 8636.0, 8632.0, 8649.0, 8651.0, 8620.0, 8643.0, 8643.0, 8645.0, 8641.0, 8642.0, 8632.0, 8643.0, 8618.0, 8628.0, 8639.0, 8624.0, 8622.0, 8627.0, 8633.0, 8620.0, 8636.0, 8630.0, 8635.0, 8645.0, 8649.0, 8644.0, 8642.0, 8639.0, 8669.0, 8682.0, 8674.0, 8657.0, 8654.0, 8644.0, 8639.0, 8624.0, 8621.0, 8598.0, 8598.0, 8624.0, 8633.0, 8621.0, 8614.0, 8624.0, 8621.0, 8628.0, 8627.0, 8611.0, 8634.0, 8613.0, 8616.0, 8642.0, 8636.0, 8619.0, 8612.0, 8642.0, 8643.0, 8651.0, 8639.0, 8627.0, 8634.0, 8627.0, 8638.0, 8635.0, 8627.0, 8615.0, 8630.0, 8625.0, 8624.0, 8636.0, 8607.0, 8632.0, 8628.0, 8621.0, 8622.0, 8629.0, 8619.0, 8631.0, 8629.0, 8616.0, 8610.0, 8641.0, 8630.0, 8629.0, 8635.0, 8620.0, 8625.0, 8629.0, 8620.0, 8627.0, 8639.0, 8646.0, 8626.0, 8626.0, 8618.0, 8630.0, 8628.0, 8620.0, 8625.0, 8634.0, 8624.0, 8628.0, 8638.0, 8621.0, 8624.0, 8620.0, 8622.0, 8636.0, 8605.0, 8618.0, 8626.0, 8628.0, 8605.0, 8621.0, 8626.0, 8625.0, 8641.0, 8645.0, 8636.0, 8630.0, 8622.0, 8616.0, 8624.0, 8627.0, 8635.0, 8625.0, 8626.0, 8617.0, 8623.0, 8628.0, 8626.0, 8621.0, 8633.0, 8616.0, 8639.0, 8644.0, 8627.0, 8620.0, 8615.0, 8621.0, 8616.0, 8614.0, 8621.0, 8595.0, 8599.0, 8599.0, 8613.0, 8590.0, 8615.0, 8613.0, 8622.0, 8632.0, 8642.0, 8617.0, 8617.0, 8617.0, 8642.0, 8640.0, 8624.0, 8626.0, 8609.0, 8616.0, 8617.0, 8621.0, 8608.0, 8613.0, 8589.0, 8626.0, 8628.0, 8624.0, 8622.0, 8617.0, 8613.0, 8622.0, 8652.0, 8656.0, 8635.0, 8646.0, 8639.0, 8639.0, 8650.0, 8641.0, 8636.0, 8636.0, 8653.0, 8628.0, 8635.0, 8621.0, 8615.0, 8620.0, 8645.0, 8654.0, 8646.0, 8646.0, 8654.0, 8649.0, 8629.0, 8630.0, 8605.0, 8621.0, 8618.0, 8624.0, 8638.0, 8633.0, 8617.0, 8632.0, 8647.0, 8625.0, 8618.0, 8627.0, 8630.0, 8630.0, 8642.0, 8639.0, 8639.0, 8634.0, 8634.0, 8646.0, 8645.0, 8644.0, 8639.0, 8613.0, 8637.0, 8625.0, 8613.0, 8621.0, 8625.0, 8628.0, 8639.0, 8651.0, 8649.0, 8647.0, 8632.0, 8611.0, 8618.0, 8618.0, 8626.0, 8616.0, 8617.0, 8608.0, 8608.0, 8588.0, 8610.0, 8609.0, 8586.0, 8589.0, 8608.0, 8646.0, 8663.0, 8633.0, 8651.0, 8658.0, 8633.0, 8641.0, 8631.0, 8619.0, 8619.0, 8627.0, 8617.0, 8629.0, 8609.0, 8631.0, 8624.0, 8641.0, 8622.0, 8621.0, 8599.0, 8586.0, 8583.0, 8603.0, 8601.0, 8594.0, 8623.0, 8607.0, 8606.0, 8630.0, 8635.0, 8633.0, 8632.0, 8635.0, 8611.0, 8618.0, 8625.0, 8636.0, 8614.0, 8626.0, 8619.0, 8648.0, 8631.0], "WindowWidth": [18210.0, 18208.0, 18200.0, 18196.0, 18181.0, 18166.0, 18201.0, 18180.0, 18192.0, 18182.0, 18228.0, 18217.0, 18227.0, 18208.0, 18216.0, 18194.0, 18193.0, 18160.0, 18143.0, 18175.0, 18176.0, 18203.0, 18261.0, 18226.0, 18207.0, 18214.0, 18187.0, 18168.0, 18166.0, 18170.0, 18124.0, 18147.0, 18137.0, 18153.0, 18177.0, 18152.0, 18148.0, 18122.0, 18125.0, 18149.0, 18149.0, 18153.0, 18149.0, 18149.0, 18151.0, 18177.0, 18181.0, 18171.0, 18167.0, 18168.0, 18198.0, 18160.0, 18199.0, 18189.0, 18175.0, 18212.0, 18202.0, 18168.0, 18199.0, 18173.0, 18189.0, 18202.0, 18220.0, 18192.0, 18220.0, 18218.0, 18183.0, 18187.0, 18212.0, 18170.0, 18185.0, 18169.0, 18157.0, 18232.0, 18216.0, 18217.0, 18191.0, 18177.0, 18182.0, 18136.0, 18147.0, 18144.0, 18131.0, 18149.0, 18121.0, 18135.0, 18155.0, 18146.0, 18135.0, 18169.0, 18142.0, 18194.0, 18181.0, 18160.0, 18137.0, 18133.0, 18136.0, 18110.0, 18126.0, 18141.0, 18117.0, 18110.0, 18129.0, 18143.0, 18169.0, 18168.0, 18187.0, 18170.0, 18172.0, 18165.0, 18157.0, 18156.0, 18163.0, 18191.0, 18188.0, 18190.0, 18184.0, 18189.0, 18206.0, 18186.0, 18152.0, 18189.0, 18194.0, 18198.0, 18196.0, 18169.0, 18168.0, 18204.0, 18177.0, 18172.0, 18168.0, 18177.0, 18160.0, 18164.0, 18151.0, 18134.0, 18133.0, 18110.0, 18151.0, 18153.0, 18157.0, 18178.0, 18179.0, 18195.0, 18167.0, 18156.0, 18141.0, 18146.0, 18138.0, 18154.0, 18096.0, 18143.0, 18140.0, 18153.0, 18125.0, 18092.0, 18109.0, 18128.0, 18133.0, 18125.0, 18124.0, 18110.0, 18115.0, 18146.0, 18138.0, 18165.0, 18178.0, 18192.0, 18175.0, 18171.0, 18197.0, 18184.0, 18155.0, 18182.0, 18168.0, 18172.0, 18171.0, 18168.0, 18131.0, 18129.0, 18128.0, 18154.0, 18151.0, 18181.0, 18157.0, 18172.0, 18129.0, 18110.0, 18153.0, 18153.0, 18141.0, 18146.0, 18151.0, 18149.0, 18161.0, 18149.0, 18146.0, 18184.0, 18173.0, 18173.0, 18164.0, 18154.0, 18160.0, 18182.0, 18165.0, 18141.0, 18176.0, 18149.0, 18125.0, 18131.0, 18162.0, 18157.0, 18165.0, 18136.0, 18090.0, 18091.0, 18121.0, 18124.0, 18118.0, 18123.0, 18114.0, 18127.0, 18113.0, 18111.0, 18120.0, 18117.0, 18123.0, 18094.0, 18097.0, 18131.0, 18124.0, 18159.0, 18164.0, 18108.0, 18149.0, 18147.0, 18152.0, 18147.0, 18145.0, 18124.0, 18143.0, 18099.0, 18117.0, 18136.0, 18106.0, 18106.0, 18112.0, 18126.0, 18105.0, 18136.0, 18123.0, 18135.0, 18153.0, 18159.0, 18152.0, 18151.0, 18142.0, 18199.0, 18222.0, 18208.0, 18174.0, 18171.0, 18149.0, 18139.0, 18110.0, 18103.0, 18060.0, 18058.0, 18108.0, 18127.0, 18102.0, 18090.0, 18108.0, 18100.0, 18116.0, 18116.0, 18083.0, 18131.0, 18089.0, 18096.0, 18146.0, 18135.0, 18103.0, 18088.0, 18145.0, 18148.0, 18165.0, 18144.0, 18119.0, 18131.0, 18115.0, 18136.0, 18130.0, 18113.0, 18093.0, 18119.0, 18111.0, 18114.0, 18137.0, 18078.0, 18122.0, 18115.0, 18102.0, 18103.0, 18117.0, 18100.0, 18121.0, 18117.0, 18090.0, 18082.0, 18142.0, 18119.0, 18120.0, 18129.0, 18100.0, 18108.0, 18117.0, 18098.0, 18115.0, 18139.0, 18151.0, 18113.0, 18114.0, 18097.0, 18119.0, 18115.0, 18102.0, 18110.0, 18127.0, 18107.0, 18115.0, 18135.0, 18105.0, 18108.0, 18099.0, 18102.0, 18130.0, 18074.0, 18098.0, 18115.0, 18112.0, 18069.0, 18101.0, 18113.0, 18109.0, 18141.0, 18151.0, 18131.0, 18119.0, 18105.0, 18092.0, 18108.0, 18115.0, 18129.0, 18109.0, 18109.0, 18093.0, 18107.0, 18115.0, 18112.0, 18104.0, 18121.0, 18089.0, 18130.0, 18143.0, 18113.0, 18098.0, 18086.0, 18097.0, 18089.0, 18085.0, 18098.0, 18051.0, 18056.0, 18057.0, 18082.0, 18040.0, 18086.0, 18081.0, 18102.0, 18125.0, 18140.0, 18096.0, 18095.0, 18094.0, 18142.0, 18141.0, 18112.0, 18110.0, 18078.0, 18088.0, 18091.0, 18098.0, 18073.0, 18082.0, 18039.0, 18107.0, 18113.0, 18107.0, 18102.0, 18092.0, 18086.0, 18104.0, 18161.0, 18169.0, 18125.0, 18145.0, 18132.0, 18133.0, 18155.0, 18138.0, 18133.0, 18129.0, 18157.0, 18112.0, 18125.0, 18102.0, 18089.0, 18101.0, 18148.0, 18164.0, 18149.0, 18148.0, 18161.0, 18151.0, 18116.0, 18117.0, 18069.0, 18098.0, 18092.0, 18106.0, 18130.0, 18123.0, 18091.0, 18119.0, 18145.0, 18108.0, 18095.0, 18109.0, 18117.0, 18119.0, 18142.0, 18137.0, 18134.0, 18125.0, 18126.0, 18150.0, 18148.0, 18146.0, 18133.0, 18082.0, 18126.0, 18104.0, 18084.0, 18101.0, 18106.0, 18115.0, 18134.0, 18153.0, 18151.0, 18149.0, 18121.0, 18082.0, 18091.0, 18094.0, 18111.0, 18089.0, 18092.0, 18076.0, 18077.0, 18034.0, 18077.0, 18075.0, 18031.0, 18038.0, 18074.0, 18150.0, 18183.0, 18128.0, 18159.0, 18167.0, 18119.0, 18132.0, 18117.0, 18093.0, 18095.0, 18111.0, 18090.0, 18112.0, 18077.0, 18120.0, 18104.0, 18138.0, 18103.0, 18099.0, 18053.0, 18031.0, 18025.0, 18064.0, 18059.0, 18046.0, 18101.0, 18071.0, 18069.0, 18116.0, 18129.0, 18123.0, 18120.0, 18122.0, 18078.0, 18091.0, 18105.0, 18125.0, 18085.0, 18105.0, 18096.0, 18151.0, 18121.0]}, "slices": {}}}