{"AcquisitionMatrixPE": 96, "AcquisitionNumber": 1, "AcquisitionTime": "07:35:38.837500", "BandwidthPerPixelPhaseEncode": 33.602, "BaseResolution": 96, "BodyPartExamined": "BRAIN", "ConsistencyInfo": "N4_VD13A_LATEST_20120616", "ConversionSoftware": "dcm2niix", "ConversionSoftwareVersion": "v1.0.20210317", "DerivedVendorReportedEchoSpacing": 0.000620003, "DeviceSerialNumber": "45239", "DwellTime": 2.6e-06, "EchoTime": 0.03, "EchoTrainLength": 47, "EffectiveEchoSpacing": 0.000310001, "FlipAngle": 63, "ImageComments": "Unaliased MB4/PE3", "ImageOrientationPatientDICOM": [0.99988, -0.0016182, -0.0153832, -0.00665733, 0.85267, -0.522408], "ImageType": ["ORIGINAL", "PRIMARY", "M", "ND", "NORM", "MOSAIC"], "ImagingFrequency": 123.193, "InPlanePhaseEncodingDirectionDICOM": "COL", "InstitutionAddress": "E 24th St. 100,Austin,Southmiddle,US,78712", "InstitutionName": "Univ of Texas at Austin", "InstitutionalDepartmentName": "IRC", "MRAcquisitionType": "2D", "MagneticFieldStrength": 3, "Manufacturer": "Siemens", "ManufacturersModelName": "Skyra", "Modality": "MR", "MultibandAccelerationFactor": 4, "ParallelReductionFactorInPlane": 2, "PartialFourier": 1, "PatientPosition": "HFS", "PercentPhaseFOV": 100, "PercentSampling": 100, "PhaseEncodingDirection": "j-", "PhaseEncodingSteps": 95, "PhaseResolution": 1, "PixelBandwidth": 2005, "ProcedureStepDescription": "Poldrack2^self-scanning", "ProtocolName": "Resting State fMRI MBEPI_matrix96_BW2004", "PulseSequenceDetails": "%CustomerSeq%\\cmrr_mbep2d_bold", "ReceiveCoilActiveElements": "HEA;HEP", "ReceiveCoilName": "Head_32", "ReconMatrixPE": 96, "RefLinesPE": 48, "RepetitionTime": 1.16, "SAR": 0.120395, "ScanOptions": "FS", "ScanningSequence": "EP", "SequenceName": "epfid2d1_96", "SequenceVariant": "SK", "SeriesDescription": "Resting State fMRI MBEPI_matrix96_BW2004", "SeriesNumber": 6, "ShimSetting": [-2779, 8044, -15492, -120, -344, 207, 153, 0], "SliceThickness": 2, "SliceTiming": [0, 0.5, 0.9975, 0.3575, 0.855, 0.215, 0.7125, 0.0725, 0.57, 1.07, 0.4275, 0.9275, 0.285, 0.785, 0.1425, 0.6425, 0, 0.5, 0.9975, 0.3575, 0.855, 0.215, 0.7125, 0.0725, 0.57, 1.07, 0.4275, 0.9275, 0.285, 0.785, 0.1425, 0.6425, 0, 0.5, 0.9975, 0.3575, 0.855, 0.215, 0.7125, 0.0725, 0.57, 1.07, 0.4275, 0.9275, 0.285, 0.785, 0.1425, 0.6425, 0, 0.5, 0.9975, 0.3575, 0.855, 0.215, 0.7125, 0.0725, 0.57, 1.07, 0.4275, 0.9275, 0.285, 0.785, 0.1425, 0.6425], "SoftwareVersions": "syngo MR D13", "SpacingBetweenSlices": 2.4, "StationName": "AWP45239", "TaskName": "Resting fmri", "TotalReadoutTime": 0.0294501, "TxRefAmp": 340.361, "WipMemBlock": "5961ac6e-04c4-4b12-93ad-261b8881a7e8||Sequence: vd13a/R010 r/fd129fc; Dec 13 2013 16:14:27 by eja", "dcmmeta_affine": [[-2.3955466747283936, -0.01594984345138073, -0.03350924700498581, 116.04380798339844], [0.0038769450038671494, 2.0428547859191895, -1.2538743019104004, -79.4041748046875], [-0.03685567528009415, 1.2516018152236938, 2.0461368560791016, -82.49705505371094], [0.0, 0.0, 0.0, 1.0]], "dcmmeta_reorient_transform": [[0.0, -1.0, 0.0, 95.0], [1.0, 0.0, 0.0, 0.0], [0.0, 0.0, 1.0, 0.0], [0.0, 0.0, 0.0, 1.0]], "dcmmeta_shape": [96, 96, 64, 518], "dcmmeta_slice_dim": 2, "dcmmeta_version": 0.6, "global": {"const": {"AcquisitionMatrix": [96, 0, 0, 96], "AngioFlag": "N", "BitsAllocated": 16, "BitsStored": 16, "BodyPartExamined": "BRAIN", "Columns": 768, "DeidentificationMethodCodeSequence": [{"CodeMeaning": "XNAT Edit Script", "CodeValue": "93", "CodingSchemeDesignator": "XNAT", "CodingSchemeVersion": "0.1"}], "EchoNumbers": 1, "EchoTime": 30.0, "EchoTrainLength": 47, "FlipAngle": 63.0, "HighBit": 15, "ImageOrientationPatient": [0.99988036152186, -0.0016182031566, -0.0153832396281, -0.0066573265337, 0.85266984088003, -0.5224077166898], "ImagePositionPatient": [-914.07308635755, -799.76357562792, 469.32681981819], "ImageType": ["ORIGINAL", "PRIMARY", "M", "ND", "NORM", "MOSAIC"], "ImagedNucleus": "1H", "ImagingFrequency": 123.192868, "InPlanePhaseEncodingDirection": "COL", "MRAcquisitionType": "2D", "MagneticFieldStrength": 3.0, "Manufacturer": "SIEMENS", "ManufacturerModelName": "Skyra", "Modality": "MR", "NumberOfAverages": 1.0, "NumberOfPhaseEncodingSteps": 95, "PercentPhaseFieldOfView": 100.0, "PercentSampling": 100.0, "PerformedProcedureStepStartTime": "071749.189000", "PhotometricInterpretation": "MONOCHROME2", "PixelBandwidth": 2005.0, "PixelRepresentation": 0, "PixelSpacing": [2.3958332538605, 2.3958332538605], "ProtocolName": "Resting State fMRI MBEPI_matrix96_BW2004", "RepetitionTime": 1160.0, "Rows": 768, "SAR": 0.12039468935037, "SamplesPerPixel": 1, "ScanOptions": "FS", "ScanningSequence": "EP", "SequenceName": "epfid2d1_96", "SequenceVariant": "SK", "SeriesDescription": "Resting State fMRI MBEPI_matrix96_BW2004", "SeriesNumber": 6, "SeriesTime": "073622.742000", "SliceLocation": -30.469149936862, "SliceThickness": 2.0, "SmallestImagePixelValue": 0, "SoftwareVersions": "syngo MR D13", "SpacingBetweenSlices": 2.3999999863073, "SpecificCharacterSet": "ISO_IR 100", "StudyID": "1", "StudyTime": "071749.112000", "TransmitCoilName": "Body", "VariableFlipAngleFlag": "N", "WindowCenterWidthExplanation": "Algo1", "dBdt": 0.0}, "slices": {}}, "time": {"samples": {"AcquisitionNumber": [1, 2, 3, 4, 5, 6, 7, 8, 9, 10, 11, 12, 13, 14, 15, 16, 17, 18, 19, 20, 21, 22, 23, 24, 25, 26, 27, 28, 29, 30, 31, 32, 33, 34, 35, 36, 37, 38, 39, 40, 41, 42, 43, 44, 45, 46, 47, 48, 49, 50, 51, 52, 53, 54, 55, 56, 57, 58, 59, 60, 61, 62, 63, 64, 65, 66, 67, 68, 69, 70, 71, 72, 73, 74, 75, 76, 77, 78, 79, 80, 81, 82, 83, 84, 85, 86, 87, 88, 89, 90, 91, 92, 93, 94, 95, 96, 97, 98, 99, 100, 101, 102, 103, 104, 105, 106, 107, 108, 109, 110, 111, 112, 113, 114, 115, 116, 117, 118, 119, 120, 121, 122, 123, 124, 125, 126, 127, 128, 129, 130, 131, 132, 133, 134, 135, 136, 137, 138, 139, 140, 141, 142, 143, 144, 145, 146, 147, 148, 149, 150, 151, 152, 153, 154, 155, 156, 157, 158, 159, 160, 161, 162, 163, 164, 165, 166, 167, 168, 169, 170, 171, 172, 173, 174, 175, 176, 177, 178, 179, 180, 181, 182, 183, 184, 185, 186, 187, 188, 189, 190, 191, 192, 193, 194, 195, 196, 197, 198, 199, 200, 201, 202, 203, 204, 205, 206, 207, 208, 209, 210, 211, 212, 213, 214, 215, 216, 217, 218, 219, 220, 221, 222, 223, 224, 225, 226, 227, 228, 229, 230, 231, 232, 233, 234, 235, 236, 237, 238, 239, 240, 241, 242, 243, 244, 245, 246, 247, 248, 249, 250, 251, 252, 253, 254, 255, 256, 257, 258, 259, 260, 261, 262, 263, 264, 265, 266, 267, 268, 269, 270, 271, 272, 273, 274, 275, 276, 277, 278, 279, 280, 281, 282, 283, 284, 285, 286, 287, 288, 289, 290, 291, 292, 293, 294, 295, 296, 297, 298, 299, 300, 301, 302, 303, 304, 305, 306, 307, 308, 309, 310, 311, 312, 313, 314, 315, 316, 317, 318, 319, 320, 321, 322, 323, 324, 325, 326, 327, 328, 329, 330, 331, 332, 333, 334, 335, 336, 337, 338, 339, 340, 341, 342, 343, 344, 345, 346, 347, 348, 349, 350, 351, 352, 353, 354, 355, 356, 357, 358, 359, 360, 361, 362, 363, 364, 365, 366, 367, 368, 369, 370, 371, 372, 373, 374, 375, 376, 377, 378, 379, 380, 381, 382, 383, 384, 385, 386, 387, 388, 389, 390, 391, 392, 393, 394, 395, 396, 397, 398, 399, 400, 401, 402, 403, 404, 405, 406, 407, 408, 409, 410, 411, 412, 413, 414, 415, 416, 417, 418, 419, 420, 421, 422, 423, 424, 425, 426, 427, 428, 429, 430, 431, 432, 433, 434, 435, 436, 437, 438, 439, 440, 441, 442, 443, 444, 445, 446, 447, 448, 449, 450, 451, 452, 453, 454, 455, 456, 457, 458, 459, 460, 461, 462, 463, 464, 465, 466, 467, 468, 469, 470, 471, 472, 473, 474, 475, 476, 477, 478, 479, 480, 481, 482, 483, 484, 485, 486, 487, 488, 489, 490, 491, 492, 493, 494, 495, 496, 497, 498, 499, 500, 501, 502, 503, 504, 505, 506, 507, 508, 509, 510, 511, 512, 513, 514, 515, 516, 517, 518], "AcquisitionTime": ["073538.837500", "073545.777500", "073546.937500", "073548.097500", "073549.257500", "073550.417500", "073551.577500", "073552.737500", "073553.897500", "073555.057500", "073556.217500", "073557.377500", "073558.537500", "073559.697500", "073600.857500", "073602.017500", "073603.177500", "073604.337500", "073605.497500", "073606.657500", "073607.817500", "073608.977500", "073610.137500", "073611.297500", "073612.457500", "073613.617500", "073614.777500", "073615.937500", "073617.097500", "073618.257500", "073619.417500", "073620.577500", "073621.737500", "073622.897500", "073624.057500", "073625.217500", "073626.377500", "073627.537500", "073628.697500", "073629.857500", "073631.017500", "073632.177500", "073633.337500", "073634.497500", "073635.657500", "073636.817500", "073637.977500", "073639.137500", "073640.297500", "073641.457500", "073642.617500", "073643.777500", "073644.937500", "073646.097500", "073647.257500", "073648.417500", "073649.577500", "073650.737500", "073651.897500", "073653.057500", "073654.217500", "073655.377500", "073656.537500", "073657.697500", "073658.857500", "073700.017500", "073701.177500", "073702.337500", "073703.497500", "073704.657500", "073705.817500", "073706.977500", "073708.137500", "073709.297500", "073710.457500", "073711.617500", "073712.777500", "073713.937500", "073715.097500", "073716.257500", "073717.417500", "073718.577500", "073719.737500", "073720.897500", "073722.057500", "073723.217500", "073724.377500", "073725.540000", "073726.700000", "073727.860000", "073729.020000", "073730.180000", "073731.340000", "073732.500000", "073733.660000", "073734.820000", "073735.980000", "073737.140000", "073738.300000", "073739.460000", "073740.620000", "073741.780000", "073742.940000", "073744.100000", "073745.260000", "073746.420000", "073747.580000", "073748.740000", "073749.900000", "073751.060000", "073752.220000", "073753.380000", "073754.540000", "073755.700000", "073756.860000", "073758.020000", "073759.180000", "073800.340000", "073801.500000", "073802.660000", "073803.820000", "073804.980000", "073806.140000", "073807.300000", "073808.460000", "073809.620000", "073810.780000", "073811.940000", "073813.100000", "073814.260000", "073815.420000", "073816.580000", "073817.740000", "073818.900000", "073820.060000", "073821.220000", "073822.380000", "073823.540000", "073824.700000", "073825.860000", "073827.020000", "073828.180000", "073829.340000", "073830.500000", "073831.660000", "073832.820000", "073833.980000", "073835.140000", "073836.300000", "073837.460000", "073838.620000", "073839.780000", "073840.940000", "073842.100000", "073843.260000", "073844.420000", "073845.580000", "073846.740000", "073847.900000", "073849.060000", "073850.220000", "073851.380000", "073852.540000", "073853.700000", "073854.860000", "073856.020000", "073857.180000", "073858.340000", "073859.500000", "073900.660000", "073901.820000", "073902.980000", "073904.140000", "073905.300000", "073906.460000", "073907.620000", "073908.780000", "073909.940000", "073911.100000", "073912.260000", "073913.420000", "073914.580000", "073915.740000", "073916.900000", "073918.060000", "073919.220000", "073920.380000", "073921.540000", "073922.700000", "073923.860000", "073925.020000", "073926.180000", "073927.340000", "073928.500000", "073929.660000", "073930.820000", "073931.980000", "073933.140000", "073934.300000", "073935.460000", "073936.620000", "073937.780000", "073938.940000", "073940.100000", "073941.260000", "073942.420000", "073943.580000", "073944.740000", "073945.900000", "073947.060000", "073948.220000", "073949.380000", "073950.540000", "073951.700000", "073952.860000", "073954.020000", "073955.180000", "073956.340000", "073957.500000", "073958.660000", "073959.820000", "074000.980000", "074002.140000", "074003.300000", "074004.460000", "074005.620000", "074006.780000", "074007.940000", "074009.100000", "074010.260000", "074011.420000", "074012.580000", "074013.740000", "074014.900000", "074016.060000", "074017.220000", "074018.380000", "074019.540000", "074020.700000", "074021.860000", "074023.020000", "074024.180000", "074025.340000", "074026.500000", "074027.660000", "074028.820000", "074029.980000", "074031.140000", "074032.300000", "074033.460000", "074034.620000", "074035.780000", "074036.940000", "074038.100000", "074039.260000", "074040.420000", "074041.580000", "074042.740000", "074043.900000", "074045.060000", "074046.220000", "074047.380000", "074048.540000", "074049.700000", "074050.860000", "074052.020000", "074053.180000", "074054.340000", "074055.500000", "074056.660000", "074057.820000", "074058.980000", "074100.140000", "074101.300000", "074102.460000", "074103.620000", "074104.780000", "074105.940000", "074107.100000", "074108.260000", "074109.420000", "074110.580000", "074111.740000", "074112.900000", "074114.060000", "074115.220000", "074116.380000", "074117.540000", "074118.700000", "074119.860000", "074121.020000", "074122.180000", "074123.340000", "074124.500000", "074125.660000", "074126.820000", "074127.980000", "074129.140000", "074130.300000", "074131.460000", "074132.620000", "074133.780000", "074134.940000", "074136.100000", "074137.260000", "074138.420000", "074139.580000", "074140.740000", "074141.900000", "074143.060000", "074144.220000", "074145.380000", "074146.540000", "074147.700000", "074148.860000", "074150.020000", "074151.180000", "074152.340000", "074153.500000", "074154.660000", "074155.820000", "074156.980000", "074158.140000", "074159.300000", "074200.460000", "074201.620000", "074202.780000", "074203.940000", "074205.100000", "074206.260000", "074207.420000", "074208.580000", "074209.740000", "074210.900000", "074212.060000", "074213.220000", "074214.380000", "074215.542500", "074216.702500", "074217.862500", "074219.022500", "074220.182500", "074221.342500", "074222.502500", "074223.662500", "074224.822500", "074225.982500", "074227.142500", "074228.302500", "074229.462500", "074230.622500", "074231.782500", "074232.942500", "074234.102500", "074235.262500", "074236.422500", "074237.582500", "074238.742500", "074239.902500", "074241.062500", "074242.222500", "074243.382500", "074244.542500", "074245.702500", "074246.862500", "074248.022500", "074249.182500", "074250.342500", "074251.502500", "074252.662500", "074253.822500", "074254.982500", "074256.142500", "074257.302500", "074258.462500", "074259.622500", "074300.782500", "074301.942500", "074303.102500", "074304.262500", "074305.422500", "074306.582500", "074307.742500", "074308.902500", "074310.062500", "074311.222500", "074312.382500", "074313.542500", "074314.702500", "074315.862500", "074317.022500", "074318.182500", "074319.342500", "074320.502500", "074321.662500", "074322.822500", "074323.982500", "074325.142500", "074326.302500", "074327.462500", "074328.622500", "074329.782500", "074330.942500", "074332.102500", "074333.262500", "074334.422500", "074335.582500", "074336.742500", "074337.902500", "074339.062500", "074340.222500", "074341.382500", "074342.542500", "074343.702500", "074344.862500", "074346.022500", "074347.182500", "074348.342500", "074349.502500", "074350.662500", "074351.822500", "074352.982500", "074354.142500", "074355.302500", "074356.462500", "074357.622500", "074358.782500", "074359.942500", "074401.102500", "074402.262500", "074403.422500", "074404.582500", "074405.742500", "074406.902500", "074408.062500", "074409.222500", "074410.382500", "074411.542500", "074412.702500", "074413.862500", "074415.022500", "074416.182500", "074417.342500", "074418.502500", "074419.662500", "074420.822500", "074421.982500", "074423.142500", "074424.302500", "074425.462500", "074426.622500", "074427.782500", "074428.942500", "074430.102500", "074431.262500", "074432.422500", "074433.582500", "074434.742500", "074435.902500", "074437.062500", "074438.222500", "074439.382500", "074440.542500", "074441.702500", "074442.862500", "074444.022500", "074445.182500", "074446.342500", "074447.502500", "074448.662500", "074449.822500", "074450.982500", "074452.142500", "074453.302500", "074454.462500", "074455.622500", "074456.782500", "074457.942500", "074459.102500", "074500.262500", "074501.422500", "074502.582500", "074503.742500", "074504.902500", "074506.062500", "074507.222500", "074508.382500", "074509.542500", "074510.702500", "074511.862500", "074513.022500", "074514.182500", "074515.342500", "074516.502500", "074517.662500", "074518.822500", "074519.982500", "074521.142500", "074522.302500", "074523.462500", "074524.622500", "074525.782500", "074526.942500", "074528.102500", "074529.262500", "074530.422500", "074531.582500", "074532.742500", "074533.902500", "074535.062500", "074536.222500", "074537.382500", "074538.542500", "074539.702500", "074540.862500", "074542.022500", "074543.182500", "074544.342500"], "ContentTime": ["073622.746000", "073622.750000", "073622.754000", "073622.758000", "073622.761000", "073622.765000", "073622.769000", "073622.773000", "073622.777000", "073622.781000", "073622.784000", "073622.788000", "073622.792000", "073622.796000", "073622.802000", "073622.805000", "073622.809000", "073622.813000", "073622.817000", "073622.820000", "073622.824000", "073622.828000", "073622.832000", "073622.836000", "073622.839000", "073622.843000", "073622.847000", "073622.850000", "073642.662000", "073642.666000", "073642.670000", "073642.674000", "073642.677000", "073642.686000", "073642.690000", "073642.694000", "073642.698000", "073642.702000", "073642.705000", "073642.709000", "073642.713000", "073642.717000", "073642.723000", "073642.726000", "073642.730000", "073642.734000", "073642.738000", "073642.741000", "073722.661000", "073722.665000", "073722.669000", "073722.672000", "073722.676000", "073722.680000", "073722.686000", "073722.692000", "073722.695000", "073722.709000", "073722.712000", "073722.716000", "073722.720000", "073722.724000", "073722.728000", "073722.732000", "073722.736000", "073722.740000", "073722.743000", "073722.747000", "073722.751000", "073722.754000", "073722.758000", "073722.762000", "073722.766000", "073722.770000", "073722.773000", "073722.777000", "073722.781000", "073722.784000", "073722.788000", "073722.792000", "073722.796000", "073722.800000", "073722.803000", "073802.662000", "073802.666000", "073802.669000", "073802.673000", "073802.677000", "073802.681000", "073802.684000", "073802.688000", "073802.692000", "073802.696000", "073802.700000", "073802.705000", "073802.708000", "073802.712000", "073802.716000", "073802.720000", "073802.724000", "073802.728000", "073802.732000", "073802.735000", "073802.739000", "073802.743000", "073802.747000", "073802.751000", "073802.755000", "073802.759000", "073802.763000", "073802.766000", "073802.771000", "073802.775000", "073802.779000", "073802.783000", "073802.787000", "073802.791000", "073802.795000", "073842.661000", "073842.667000", "073842.670000", "073842.674000", "073842.678000", "073842.682000", "073842.686000", "073842.695000", "073842.699000", "073842.704000", "073842.707000", "073842.711000", "073842.715000", "073842.719000", "073842.723000", "073842.728000", "073842.734000", "073842.739000", "073842.743000", "073842.747000", "073842.750000", "073842.754000", "073842.758000", "073842.762000", "073842.766000", "073842.771000", "073842.774000", "073842.778000", "073842.782000", "073842.786000", "073842.800000", "073842.804000", "073842.808000", "073842.812000", "073922.663000", "073922.667000", "073922.671000", "073922.675000", "073922.679000", "073922.682000", "073922.686000", "073922.689000", "073922.693000", "073922.697000", "073922.701000", "073922.705000", "073922.709000", "073922.713000", "073922.716000", "073922.720000", "073922.723000", "073922.727000", "073922.737000", "073922.741000", "073922.745000", "073922.749000", "073922.753000", "073922.757000", "073922.760000", "073922.764000", "073922.768000", "073922.772000", "073922.776000", "073922.780000", "073922.783000", "073922.787000", "073922.791000", "073922.795000", "073922.799000", "074002.661000", "074002.665000", "074002.669000", "074002.672000", "074002.676000", "074002.680000", "074002.684000", "074002.688000", "074002.691000", "074002.695000", "074002.699000", "074002.703000", "074002.707000", "074002.711000", "074002.715000", "074002.719000", "074002.723000", "074002.727000", "074002.731000", "074002.735000", "074002.739000", "074002.743000", "074002.747000", "074002.751000", "074002.755000", "074002.759000", "074002.763000", "074002.767000", "074002.771000", "074002.775000", "074002.779000", "074002.782000", "074002.786000", "074002.790000", "074042.662000", "074042.666000", "074042.671000", "074042.675000", "074042.678000", "074042.682000", "074042.686000", "074042.690000", "074042.694000", "074042.698000", "074042.702000", "074042.705000", "074042.709000", "074042.713000", "074042.717000", "074042.721000", "074042.725000", "074042.735000", "074042.738000", "074042.742000", "074042.746000", "074042.751000", "074042.755000", "074042.758000", "074042.762000", "074042.766000", "074042.770000", "074042.774000", "074042.778000", "074042.782000", "074042.786000", "074042.790000", "074042.794000", "074042.798000", "074042.802000", "074122.663000", "074122.668000", "074122.672000", "074122.676000", "074122.680000", "074122.684000", "074122.688000", "074122.692000", "074122.696000", "074122.700000", "074122.704000", "074122.707000", "074122.711000", "074122.715000", "074122.719000", "074122.723000", "074122.727000", "074122.731000", "074122.735000", "074122.738000", "074122.742000", "074122.746000", "074122.750000", "074122.754000", "074122.757000", "074122.762000", "074122.765000", "074122.769000", "074122.773000", "074122.777000", "074122.781000", "074122.785000", "074122.789000", "074122.792000", "074202.663000", "074202.667000", "074202.671000", "074202.675000", "074202.679000", "074202.682000", "074202.687000", "074202.691000", "074202.695000", "074202.698000", "074202.703000", "074202.707000", "074202.710000", "074202.714000", "074202.718000", "074202.728000", "074202.732000", "074202.736000", "074202.740000", "074202.744000", "074202.749000", "074202.752000", "074202.757000", "074202.760000", "074202.764000", "074202.768000", "074202.773000", "074202.777000", "074202.780000", "074202.784000", "074202.788000", "074202.792000", "074202.796000", "074202.800000", "074202.804000", "074242.662000", "074242.667000", "074242.670000", "074242.674000", "074242.678000", "074242.682000", "074242.686000", "074242.690000", "074242.694000", "074242.701000", "074242.715000", "074242.719000", "074242.723000", "074242.727000", "074242.731000", "074242.735000", "074242.739000", "074242.743000", "074242.747000", "074242.751000", "074242.755000", "074242.759000", "074242.763000", "074242.767000", "074242.771000", "074242.775000", "074242.779000", "074242.783000", "074242.787000", "074242.791000", "074242.795000", "074242.799000", "074242.803000", "074242.807000", "074322.661000", "074322.666000", "074322.670000", "074322.674000", "074322.678000", "074322.682000", "074322.686000", "074322.690000", "074322.694000", "074322.698000", "074322.702000", "074322.706000", "074322.710000", "074322.714000", "074322.718000", "074322.722000", "074322.726000", "074322.730000", "074322.734000", "074322.737000", "074322.741000", "074322.745000", "074322.748000", "074322.752000", "074322.756000", "074322.760000", "074322.763000", "074322.767000", "074322.771000", "074322.775000", "074322.779000", "074322.783000", "074322.787000", "074322.791000", "074322.795000", "074402.663000", "074402.668000", "074402.672000", "074402.676000", "074402.680000", "074402.684000", "074402.688000", "074402.692000", "074402.696000", "074402.700000", "074402.704000", "074402.708000", "074402.712000", "074402.716000", "074402.720000", "074402.724000", "074402.728000", "074402.732000", "074402.736000", "074402.740000", "074402.744000", "074402.748000", "074402.752000", "074402.756000", "074402.760000", "074402.763000", "074402.767000", "074402.771000", "074402.775000", "074402.779000", "074402.783000", "074402.787000", "074402.791000", "074402.795000", "074442.662000", "074442.666000", "074442.675000", "074442.678000", "074442.682000", "074442.686000", "074442.690000", "074442.694000", "074442.698000", "074442.702000", "074442.706000", "074442.711000", "074442.714000", "074442.718000", "074442.723000", "074442.727000", "074442.731000", "074442.735000", "074442.739000", "074442.743000", "074442.747000", "074442.751000", "074442.755000", "074442.759000", "074442.763000", "074442.766000", "074442.770000", "074442.774000", "074442.778000", "074442.782000", "074442.786000", "074442.789000", "074442.794000", "074442.797000", "074442.801000", "074522.662000", "074522.667000", "074522.671000", "074522.675000", "074522.679000", "074522.683000", "074522.687000", "074522.691000", "074522.695000", "074522.699000", "074522.703000", "074522.708000", "074522.712000", "074522.716000", "074522.720000", "074522.724000", "074522.728000", "074522.732000", "074522.736000", "074522.740000", "074522.744000", "074522.748000", "074522.752000", "074522.756000", "074522.760000", "074522.764000", "074522.768000", "074522.772000", "074522.776000", "074522.780000", "074522.784000", "074522.788000", "074522.792000", "074522.796000", "074546.085000", "074546.089000", "074546.093000", "074546.097000", "074546.101000", "074546.105000", "074546.109000", "074546.113000", "074546.117000", "074546.121000", "074546.125000", "074546.129000", "074546.133000", "074546.144000", "074546.148000", "074546.152000", "074546.156000", "074546.160000", "074546.163000", "074546.168000", "074546.171000"], "InstanceCreationTime": ["073622.746000", "073622.750000", "073622.754000", "073622.758000", "073622.761000", "073622.765000", "073622.769000", "073622.773000", "073622.777000", "073622.781000", "073622.784000", "073622.788000", "073622.792000", "073622.796000", "073622.802000", "073622.805000", "073622.809000", "073622.813000", "073622.817000", "073622.820000", "073622.824000", "073622.828000", "073622.832000", "073622.836000", "073622.839000", "073622.843000", "073622.847000", "073622.850000", "073642.662000", "073642.666000", "073642.670000", "073642.674000", "073642.677000", "073642.686000", "073642.690000", "073642.694000", "073642.698000", "073642.702000", "073642.705000", "073642.709000", "073642.713000", "073642.717000", "073642.723000", "073642.726000", "073642.730000", "073642.734000", "073642.738000", "073642.741000", "073722.661000", "073722.665000", "073722.669000", "073722.672000", "073722.676000", "073722.680000", "073722.686000", "073722.692000", "073722.695000", "073722.709000", "073722.712000", "073722.716000", "073722.720000", "073722.724000", "073722.728000", "073722.732000", "073722.736000", "073722.740000", "073722.743000", "073722.747000", "073722.751000", "073722.754000", "073722.758000", "073722.762000", "073722.766000", "073722.770000", "073722.773000", "073722.777000", "073722.781000", "073722.784000", "073722.788000", "073722.792000", "073722.796000", "073722.800000", "073722.803000", "073802.662000", "073802.666000", "073802.669000", "073802.673000", "073802.677000", "073802.681000", "073802.684000", "073802.688000", "073802.692000", "073802.696000", "073802.700000", "073802.705000", "073802.708000", "073802.712000", "073802.716000", "073802.720000", "073802.724000", "073802.728000", "073802.732000", "073802.735000", "073802.739000", "073802.743000", "073802.747000", "073802.751000", "073802.755000", "073802.759000", "073802.763000", "073802.766000", "073802.771000", "073802.775000", "073802.779000", "073802.783000", "073802.787000", "073802.791000", "073802.795000", "073842.661000", "073842.667000", "073842.670000", "073842.674000", "073842.678000", "073842.682000", "073842.686000", "073842.695000", "073842.699000", "073842.704000", "073842.707000", "073842.711000", "073842.715000", "073842.719000", "073842.723000", "073842.728000", "073842.734000", "073842.739000", "073842.743000", "073842.747000", "073842.750000", "073842.754000", "073842.758000", "073842.762000", "073842.766000", "073842.771000", "073842.774000", "073842.778000", "073842.782000", "073842.786000", "073842.800000", "073842.804000", "073842.808000", "073842.812000", "073922.663000", "073922.667000", "073922.671000", "073922.675000", "073922.679000", "073922.682000", "073922.686000", "073922.689000", "073922.693000", "073922.697000", "073922.701000", "073922.705000", "073922.709000", "073922.713000", "073922.716000", "073922.720000", "073922.723000", "073922.727000", "073922.737000", "073922.741000", "073922.745000", "073922.749000", "073922.753000", "073922.757000", "073922.760000", "073922.764000", "073922.768000", "073922.772000", "073922.776000", "073922.780000", "073922.783000", "073922.787000", "073922.791000", "073922.795000", "073922.799000", "074002.661000", "074002.665000", "074002.669000", "074002.672000", "074002.676000", "074002.680000", "074002.684000", "074002.688000", "074002.691000", "074002.695000", "074002.699000", "074002.703000", "074002.707000", "074002.711000", "074002.715000", "074002.719000", "074002.723000", "074002.727000", "074002.731000", "074002.735000", "074002.739000", "074002.743000", "074002.747000", "074002.751000", "074002.755000", "074002.759000", "074002.763000", "074002.767000", "074002.771000", "074002.775000", "074002.779000", "074002.782000", "074002.786000", "074002.790000", "074042.662000", "074042.666000", "074042.671000", "074042.675000", "074042.678000", "074042.682000", "074042.686000", "074042.690000", "074042.694000", "074042.698000", "074042.702000", "074042.705000", "074042.709000", "074042.713000", "074042.717000", "074042.721000", "074042.725000", "074042.735000", "074042.738000", "074042.742000", "074042.746000", "074042.751000", "074042.755000", "074042.758000", "074042.762000", "074042.766000", "074042.770000", "074042.774000", "074042.778000", "074042.782000", "074042.786000", "074042.790000", "074042.794000", "074042.798000", "074042.802000", "074122.663000", "074122.668000", "074122.672000", "074122.676000", "074122.680000", "074122.684000", "074122.688000", "074122.692000", "074122.696000", "074122.700000", "074122.704000", "074122.707000", "074122.711000", "074122.715000", "074122.719000", "074122.723000", "074122.727000", "074122.731000", "074122.735000", "074122.738000", "074122.742000", "074122.746000", "074122.750000", "074122.754000", "074122.757000", "074122.762000", "074122.765000", "074122.769000", "074122.773000", "074122.777000", "074122.781000", "074122.785000", "074122.789000", "074122.792000", "074202.663000", "074202.667000", "074202.671000", "074202.675000", "074202.679000", "074202.682000", "074202.687000", "074202.691000", "074202.695000", "074202.698000", "074202.703000", "074202.707000", "074202.710000", "074202.714000", "074202.718000", "074202.728000", "074202.732000", "074202.736000", "074202.740000", "074202.744000", "074202.749000", "074202.752000", "074202.757000", "074202.760000", "074202.764000", "074202.768000", "074202.773000", "074202.777000", "074202.780000", "074202.784000", "074202.788000", "074202.792000", "074202.796000", "074202.800000", "074202.804000", "074242.662000", "074242.667000", "074242.670000", "074242.674000", "074242.678000", "074242.682000", "074242.686000", "074242.690000", "074242.694000", "074242.701000", "074242.715000", "074242.719000", "074242.723000", "074242.727000", "074242.731000", "074242.735000", "074242.739000", "074242.743000", "074242.747000", "074242.751000", "074242.755000", "074242.759000", "074242.763000", "074242.767000", "074242.771000", "074242.775000", "074242.779000", "074242.783000", "074242.787000", "074242.791000", "074242.795000", "074242.799000", "074242.803000", "074242.807000", "074322.661000", "074322.666000", "074322.670000", "074322.674000", "074322.678000", "074322.682000", "074322.686000", "074322.690000", "074322.694000", "074322.698000", "074322.702000", "074322.706000", "074322.710000", "074322.714000", "074322.718000", "074322.722000", "074322.726000", "074322.730000", "074322.734000", "074322.737000", "074322.741000", "074322.745000", "074322.748000", "074322.752000", "074322.756000", "074322.760000", "074322.763000", "074322.767000", "074322.771000", "074322.775000", "074322.779000", "074322.783000", "074322.787000", "074322.791000", "074322.795000", "074402.663000", "074402.668000", "074402.672000", "074402.676000", "074402.680000", "074402.684000", "074402.688000", "074402.692000", "074402.696000", "074402.700000", "074402.704000", "074402.708000", "074402.712000", "074402.716000", "074402.720000", "074402.724000", "074402.728000", "074402.732000", "074402.736000", "074402.740000", "074402.744000", "074402.748000", "074402.752000", "074402.756000", "074402.760000", "074402.763000", "074402.767000", "074402.771000", "074402.775000", "074402.779000", "074402.783000", "074402.787000", "074402.791000", "074402.795000", "074442.662000", "074442.666000", "074442.675000", "074442.678000", "074442.682000", "074442.686000", "074442.690000", "074442.694000", "074442.698000", "074442.702000", "074442.706000", "074442.711000", "074442.714000", "074442.718000", "074442.723000", "074442.727000", "074442.731000", "074442.735000", "074442.739000", "074442.743000", "074442.747000", "074442.751000", "074442.755000", "074442.759000", "074442.763000", "074442.766000", "074442.770000", "074442.774000", "074442.778000", "074442.782000", "074442.786000", "074442.789000", "074442.794000", "074442.797000", "074442.801000", "074522.662000", "074522.667000", "074522.671000", "074522.675000", "074522.679000", "074522.683000", "074522.687000", "074522.691000", "074522.695000", "074522.699000", "074522.703000", "074522.708000", "074522.712000", "074522.716000", "074522.720000", "074522.724000", "074522.728000", "074522.732000", "074522.736000", "074522.740000", "074522.744000", "074522.748000", "074522.752000", "074522.756000", "074522.760000", "074522.764000", "074522.768000", "074522.772000", "074522.776000", "074522.780000", "074522.784000", "074522.788000", "074522.792000", "074522.796000", "074546.085000", "074546.089000", "074546.093000", "074546.097000", "074546.101000", "074546.105000", "074546.109000", "074546.113000", "074546.117000", "074546.121000", "074546.125000", "074546.129000", "074546.133000", "074546.144000", "074546.148000", "074546.152000", "074546.156000", "074546.160000", "074546.163000", "074546.168000", "074546.171000"], "InstanceNumber": [1, 2, 3, 4, 5, 6, 7, 8, 9, 10, 11, 12, 13, 14, 15, 16, 17, 18, 19, 20, 21, 22, 23, 24, 25, 26, 27, 28, 29, 30, 31, 32, 33, 34, 35, 36, 37, 38, 39, 40, 41, 42, 43, 44, 45, 46, 47, 48, 49, 50, 51, 52, 53, 54, 55, 56, 57, 58, 59, 60, 61, 62, 63, 64, 65, 66, 67, 68, 69, 70, 71, 72, 73, 74, 75, 76, 77, 78, 79, 80, 81, 82, 83, 84, 85, 86, 87, 88, 89, 90, 91, 92, 93, 94, 95, 96, 97, 98, 99, 100, 101, 102, 103, 104, 105, 106, 107, 108, 109, 110, 111, 112, 113, 114, 115, 116, 117, 118, 119, 120, 121, 122, 123, 124, 125, 126, 127, 128, 129, 130, 131, 132, 133, 134, 135, 136, 137, 138, 139, 140, 141, 142, 143, 144, 145, 146, 147, 148, 149, 150, 151, 152, 153, 154, 155, 156, 157, 158, 159, 160, 161, 162, 163, 164, 165, 166, 167, 168, 169, 170, 171, 172, 173, 174, 175, 176, 177, 178, 179, 180, 181, 182, 183, 184, 185, 186, 187, 188, 189, 190, 191, 192, 193, 194, 195, 196, 197, 198, 199, 200, 201, 202, 203, 204, 205, 206, 207, 208, 209, 210, 211, 212, 213, 214, 215, 216, 217, 218, 219, 220, 221, 222, 223, 224, 225, 226, 227, 228, 229, 230, 231, 232, 233, 234, 235, 236, 237, 238, 239, 240, 241, 242, 243, 244, 245, 246, 247, 248, 249, 250, 251, 252, 253, 254, 255, 256, 257, 258, 259, 260, 261, 262, 263, 264, 265, 266, 267, 268, 269, 270, 271, 272, 273, 274, 275, 276, 277, 278, 279, 280, 281, 282, 283, 284, 285, 286, 287, 288, 289, 290, 291, 292, 293, 294, 295, 296, 297, 298, 299, 300, 301, 302, 303, 304, 305, 306, 307, 308, 309, 310, 311, 312, 313, 314, 315, 316, 317, 318, 319, 320, 321, 322, 323, 324, 325, 326, 327, 328, 329, 330, 331, 332, 333, 334, 335, 336, 337, 338, 339, 340, 341, 342, 343, 344, 345, 346, 347, 348, 349, 350, 351, 352, 353, 354, 355, 356, 357, 358, 359, 360, 361, 362, 363, 364, 365, 366, 367, 368, 369, 370, 371, 372, 373, 374, 375, 376, 377, 378, 379, 380, 381, 382, 383, 384, 385, 386, 387, 388, 389, 390, 391, 392, 393, 394, 395, 396, 397, 398, 399, 400, 401, 402, 403, 404, 405, 406, 407, 408, 409, 410, 411, 412, 413, 414, 415, 416, 417, 418, 419, 420, 421, 422, 423, 424, 425, 426, 427, 428, 429, 430, 431, 432, 433, 434, 435, 436, 437, 438, 439, 440, 441, 442, 443, 444, 445, 446, 447, 448, 449, 450, 451, 452, 453, 454, 455, 456, 457, 458, 459, 460, 461, 462, 463, 464, 465, 466, 467, 468, 469, 470, 471, 472, 473, 474, 475, 476, 477, 478, 479, 480, 481, 482, 483, 484, 485, 486, 487, 488, 489, 490, 491, 492, 493, 494, 495, 496, 497, 498, 499, 500, 501, 502, 503, 504, 505, 506, 507, 508, 509, 510, 511, 512, 513, 514, 515, 516, 517, 518], "LargestImagePixelValue": [32790, 42001, 31180, 33094, 36296, 30691, 39688, 39140, 43147, 35999, 37560, 33547, 39597, 34631, 41085, 36962, 32079, 40843, 28571, 33094, 32829, 32432, 40516, 31644, 38431, 38380, 35747, 31480, 32280, 38590, 30546, 45010, 45883, 37335, 34570, 43269, 31495, 30145, 32218, 48667, 44622, 38634, 30570, 39952, 33686, 35251, 38262, 36417, 38359, 39910, 41183, 31306, 37378, 36833, 35849, 47845, 38313, 46969, 41859, 45068, 30309, 38880, 40392, 30915, 41411, 37883, 29595, 43053, 38241, 43761, 38287, 47050, 42728, 30156, 47256, 39908, 37942, 37850, 30215, 35769, 37095, 43365, 34585, 46960, 34073, 31642, 29225, 30706, 31192, 32296, 36827, 39959, 34691, 32312, 32474, 33233, 36708, 39224, 33124, 30525, 30249, 38059, 32625, 33918, 39665, 39571, 34170, 33167, 31657, 35284, 33740, 40539, 39081, 37704, 31916, 35190, 31707, 29918, 36950, 37734, 32505, 41775, 37415, 44979, 38262, 43341, 32522, 31800, 31136, 38028, 33095, 36350, 35886, 32095, 30738, 37960, 31822, 32896, 31557, 29612, 30510, 38862, 36639, 42606, 39675, 40438, 32848, 32493, 41229, 33925, 38553, 33615, 42077, 29039, 29119, 34052, 34698, 43313, 28812, 37075, 34259, 32496, 37954, 37574, 44269, 41971, 44637, 38005, 44744, 32398, 32889, 34063, 39978, 42418, 34259, 36069, 30036, 41513, 37930, 34146, 37155, 29520, 42918, 43428, 39119, 31975, 41129, 33649, 28968, 32639, 42011, 38859, 45904, 41088, 31698, 43856, 41966, 47159, 38806, 32902, 30818, 36150, 37306, 33736, 41097, 31580, 41399, 37072, 43495, 31766, 43667, 43702, 29604, 35110, 33462, 38871, 46663, 34341, 38474, 42031, 29651, 41609, 33333, 34339, 40562, 29374, 29785, 33534, 37136, 41100, 30347, 33791, 31219, 38562, 30972, 42787, 36100, 30039, 34013, 33266, 33945, 36403, 38756, 29975, 28795, 30980, 28722, 34011, 33168, 38779, 32484, 30169, 33842, 32235, 32387, 37542, 44590, 32506, 28813, 34149, 39044, 32010, 44102, 48346, 30760, 39463, 32612, 37742, 40228, 29552, 30123, 33295, 31303, 41605, 37118, 33188, 34583, 31335, 39839, 41449, 34023, 42949, 39078, 35831, 43614, 36765, 44826, 29327, 42527, 45392, 29208, 38577, 37694, 40526, 32252, 34338, 30721, 32790, 36604, 34319, 30858, 35264, 30604, 41168, 29504, 29681, 38911, 41744, 43748, 38119, 30744, 44695, 36062, 37044, 40596, 41913, 41620, 35924, 36707, 46801, 34872, 46161, 37034, 35031, 39018, 33474, 42160, 35665, 31149, 31980, 40083, 34359, 38454, 31735, 46769, 43686, 30130, 46169, 40385, 44510, 39351, 29980, 31002, 30303, 34254, 32616, 37899, 36825, 36775, 34562, 34811, 37106, 41992, 31286, 29773, 29794, 37374, 31742, 40187, 33324, 32882, 41992, 42930, 33946, 35809, 45951, 34648, 32066, 30789, 39446, 32577, 33440, 37820, 30981, 41520, 37841, 43385, 41928, 40007, 32145, 40316, 29881, 36897, 34669, 45655, 31329, 39020, 33038, 29774, 31735, 39941, 36586, 46334, 31445, 41832, 33932, 29957, 38959, 44163, 43906, 41405, 36714, 40957, 31050, 43840, 41765, 41643, 30215, 41363, 35357, 36619, 31669, 30086, 30364, 31560, 38798, 31273, 30237, 30567, 43321, 41518, 46457, 31820, 30435, 32944, 37884, 40985, 30728, 45711, 40441, 30082, 39713, 44591, 33351, 44686, 33038, 41576, 34081, 36445, 31044, 31133, 44371, 30415, 37109, 46170, 30782, 38484, 36110, 44600, 34009, 38802, 30234, 33587, 33982, 31134, 34829, 44394, 44977, 32448, 40119, 35022, 37777, 38362, 31055, 39797, 41582, 45138, 34980, 44524, 45013, 38464, 43161, 41104, 43827, 32385, 37828, 38627, 35315, 41711, 40713, 44692, 38303, 30304, 30556, 34093, 43690, 37498, 46342, 34054, 34644, 35480, 36804, 40719, 30430, 30051, 32868, 36647, 31958, 33421, 38857, 30112, 30174, 33340, 31852, 36798, 30963, 30190, 30292, 34711, 42053, 34886, 35033, 38424, 31434, 34082, 38599, 34024, 30677], "WindowCenter": [11050.0, 11054.0, 11013.0, 11031.0, 11031.0, 11013.0, 11046.0, 11042.0, 11058.0, 11040.0, 11050.0, 11026.0, 11037.0, 11009.0, 11019.0, 11012.0, 11013.0, 11024.0, 11003.0, 11011.0, 11009.0, 11018.0, 11044.0, 11022.0, 11054.0, 11044.0, 11026.0, 11019.0, 11021.0, 11057.0, 11013.0, 11054.0, 11042.0, 11024.0, 11014.0, 11041.0, 11015.0, 11006.0, 11008.0, 11048.0, 11036.0, 11023.0, 11001.0, 11035.0, 11030.0, 11036.0, 11029.0, 11022.0, 11027.0, 11028.0, 11030.0, 11012.0, 11034.0, 11037.0, 11040.0, 11064.0, 11034.0, 11049.0, 11041.0, 11046.0, 11010.0, 11030.0, 11028.0, 10999.0, 11039.0, 11040.0, 11011.0, 11050.0, 11029.0, 11037.0, 11028.0, 11052.0, 11036.0, 10996.0, 11039.0, 11033.0, 11020.0, 11023.0, 11003.0, 11025.0, 11023.0, 11029.0, 11003.0, 11041.0, 11013.0, 11005.0, 11000.0, 11008.0, 11001.0, 11007.0, 11023.0, 11040.0, 11023.0, 11007.0, 11000.0, 11010.0, 11025.0, 11030.0, 11015.0, 10999.0, 10995.0, 11021.0, 11008.0, 11021.0, 11037.0, 11035.0, 11019.0, 11008.0, 10998.0, 11009.0, 11011.0, 11028.0, 11023.0, 11023.0, 10997.0, 11002.0, 10993.0, 11001.0, 11030.0, 11040.0, 11019.0, 11036.0, 11026.0, 11039.0, 11028.0, 11037.0, 11004.0, 11005.0, 10996.0, 11014.0, 11014.0, 11031.0, 11017.0, 11003.0, 10995.0, 11009.0, 10992.0, 11008.0, 11018.0, 11006.0, 11012.0, 11034.0, 11022.0, 11045.0, 11040.0, 11033.0, 11011.0, 11016.0, 11067.0, 11015.0, 11032.0, 11016.0, 11025.0, 10976.0, 10980.0, 10991.0, 11005.0, 11037.0, 11003.0, 11058.0, 11044.0, 11031.0, 11044.0, 11046.0, 11052.0, 11037.0, 11032.0, 11029.0, 11037.0, 10999.0, 11011.0, 11003.0, 11019.0, 11024.0, 10996.0, 11008.0, 10987.0, 11017.0, 11010.0, 11007.0, 11013.0, 10991.0, 11041.0, 11033.0, 11016.0, 11002.0, 11032.0, 11010.0, 10996.0, 11001.0, 11034.0, 11026.0, 11046.0, 11033.0, 11014.0, 11043.0, 11031.0, 11045.0, 11024.0, 11010.0, 10999.0, 11011.0, 11021.0, 11007.0, 11032.0, 11007.0, 11029.0, 11019.0, 11025.0, 10997.0, 11039.0, 11039.0, 11002.0, 11020.0, 11005.0, 11022.0, 11039.0, 11000.0, 11016.0, 11022.0, 10987.0, 11018.0, 10997.0, 11002.0, 11020.0, 10988.0, 10990.0, 11002.0, 11014.0, 11034.0, 11001.0, 11032.0, 11013.0, 11024.0, 10992.0, 11030.0, 11011.0, 10996.0, 11010.0, 10999.0, 10995.0, 11009.0, 11024.0, 10995.0, 10992.0, 11005.0, 10993.0, 11009.0, 11008.0, 11033.0, 11009.0, 11002.0, 11017.0, 11003.0, 11000.0, 11039.0, 11048.0, 11019.0, 11001.0, 11013.0, 11024.0, 11003.0, 11041.0, 11039.0, 10991.0, 11015.0, 10987.0, 11005.0, 11025.0, 10993.0, 11007.0, 11024.0, 11012.0, 11037.0, 11034.0, 11013.0, 11027.0, 11019.0, 11042.0, 11038.0, 11017.0, 11036.0, 11019.0, 11004.0, 11019.0, 10996.0, 11015.0, 10974.0, 11022.0, 11023.0, 10977.0, 11015.0, 11047.0, 11044.0, 11027.0, 11025.0, 11006.0, 11003.0, 11002.0, 10998.0, 10978.0, 10989.0, 10990.0, 11027.0, 10994.0, 11016.0, 11033.0, 11031.0, 11026.0, 11016.0, 11005.0, 11044.0, 11016.0, 11020.0, 11023.0, 11020.0, 11020.0, 11006.0, 11025.0, 11045.0, 11018.0, 11043.0, 11019.0, 10998.0, 11013.0, 11006.0, 11031.0, 11010.0, 10995.0, 11005.0, 11026.0, 11006.0, 11023.0, 11008.0, 11057.0, 11044.0, 10999.0, 11039.0, 11023.0, 11036.0, 11019.0, 10998.0, 11013.0, 11004.0, 11008.0, 11001.0, 11014.0, 11011.0, 11016.0, 11005.0, 11001.0, 11008.0, 11028.0, 10996.0, 11008.0, 10998.0, 11016.0, 10986.0, 11017.0, 10997.0, 10995.0, 11030.0, 11032.0, 11001.0, 11009.0, 11044.0, 11013.0, 11018.0, 11003.0, 11015.0, 10989.0, 11000.0, 11016.0, 10989.0, 11030.0, 11022.0, 11028.0, 11018.0, 11021.0, 11002.0, 11018.0, 11001.0, 11012.0, 10996.0, 11022.0, 10991.0, 11021.0, 11003.0, 10992.0, 10998.0, 11016.0, 11003.0, 11029.0, 11000.0, 11034.0, 11011.0, 10997.0, 11026.0, 11029.0, 11028.0, 11024.0, 11006.0, 11020.0, 10987.0, 11022.0, 11018.0, 11022.0, 11003.0, 11029.0, 11004.0, 11007.0, 11002.0, 10995.0, 10990.0, 11001.0, 11024.0, 11001.0, 10999.0, 11003.0, 11035.0, 11033.0, 11037.0, 11003.0, 11002.0, 11003.0, 11014.0, 11027.0, 10999.0, 11042.0, 11028.0, 10984.0, 11003.0, 11009.0, 10972.0, 11009.0, 10987.0, 11001.0, 10988.0, 10990.0, 10965.0, 10970.0, 11011.0, 10990.0, 11010.0, 11026.0, 10983.0, 11003.0, 10992.0, 11012.0, 10992.0, 11012.0, 10996.0, 11016.0, 11009.0, 10997.0, 11023.0, 11039.0, 11036.0, 11009.0, 11032.0, 11012.0, 11027.0, 11031.0, 11011.0, 11045.0, 11041.0, 11041.0, 11019.0, 11044.0, 11043.0, 11023.0, 11026.0, 11011.0, 11021.0, 10993.0, 11012.0, 11020.0, 11016.0, 11023.0, 11018.0, 11030.0, 11010.0, 10997.0, 11004.0, 11014.0, 11041.0, 11023.0, 11042.0, 11001.0, 10995.0, 10984.0, 10993.0, 11005.0, 10980.0, 10985.0, 10991.0, 10994.0, 10979.0, 10990.0, 11011.0, 10985.0, 10985.0, 10988.0, 10980.0, 11006.0, 10995.0, 10986.0, 10992.0, 11002.0, 11022.0, 11007.0, 11006.0, 11021.0, 10996.0, 11001.0, 11012.0, 10990.0, 10984.0], "WindowWidth": [23743.0, 23741.0, 23632.0, 23666.0, 23669.0, 23623.0, 23707.0, 23695.0, 23737.0, 23691.0, 23711.0, 23652.0, 23681.0, 23610.0, 23633.0, 23620.0, 23610.0, 23646.0, 23587.0, 23617.0, 23611.0, 23636.0, 23700.0, 23644.0, 23723.0, 23699.0, 23655.0, 23624.0, 23644.0, 23721.0, 23620.0, 23725.0, 23691.0, 23639.0, 23626.0, 23693.0, 23626.0, 23604.0, 23606.0, 23708.0, 23676.0, 23646.0, 23590.0, 23676.0, 23654.0, 23672.0, 23657.0, 23640.0, 23654.0, 23656.0, 23663.0, 23622.0, 23673.0, 23682.0, 23686.0, 23748.0, 23671.0, 23710.0, 23690.0, 23699.0, 23603.0, 23661.0, 23657.0, 23584.0, 23684.0, 23689.0, 23613.0, 23710.0, 23656.0, 23677.0, 23656.0, 23713.0, 23676.0, 23576.0, 23683.0, 23655.0, 23637.0, 23645.0, 23593.0, 23648.0, 23639.0, 23657.0, 23592.0, 23689.0, 23620.0, 23598.0, 23587.0, 23608.0, 23589.0, 23606.0, 23643.0, 23684.0, 23643.0, 23603.0, 23585.0, 23612.0, 23644.0, 23659.0, 23624.0, 23585.0, 23572.0, 23637.0, 23606.0, 23639.0, 23678.0, 23670.0, 23634.0, 23605.0, 23578.0, 23609.0, 23611.0, 23654.0, 23642.0, 23642.0, 23579.0, 23590.0, 23568.0, 23593.0, 23661.0, 23686.0, 23632.0, 23676.0, 23644.0, 23682.0, 23657.0, 23678.0, 23594.0, 23598.0, 23573.0, 23618.0, 23609.0, 23652.0, 23627.0, 23594.0, 23570.0, 23607.0, 23565.0, 23607.0, 23618.0, 23601.0, 23614.0, 23670.0, 23635.0, 23691.0, 23684.0, 23667.0, 23611.0, 23625.0, 23759.0, 23619.0, 23659.0, 23621.0, 23641.0, 23521.0, 23529.0, 23558.0, 23596.0, 23676.0, 23593.0, 23731.0, 23693.0, 23663.0, 23693.0, 23684.0, 23711.0, 23672.0, 23662.0, 23646.0, 23674.0, 23578.0, 23610.0, 23588.0, 23628.0, 23642.0, 23570.0, 23600.0, 23550.0, 23624.0, 23604.0, 23599.0, 23614.0, 23558.0, 23677.0, 23661.0, 23620.0, 23587.0, 23659.0, 23604.0, 23571.0, 23582.0, 23656.0, 23642.0, 23693.0, 23663.0, 23615.0, 23683.0, 23658.0, 23691.0, 23637.0, 23608.0, 23578.0, 23607.0, 23634.0, 23597.0, 23659.0, 23595.0, 23652.0, 23616.0, 23641.0, 23575.0, 23677.0, 23678.0, 23587.0, 23630.0, 23592.0, 23633.0, 23680.0, 23581.0, 23618.0, 23635.0, 23546.0, 23624.0, 23574.0, 23583.0, 23630.0, 23551.0, 23557.0, 23585.0, 23614.0, 23669.0, 23585.0, 23649.0, 23612.0, 23636.0, 23560.0, 23658.0, 23604.0, 23573.0, 23605.0, 23576.0, 23568.0, 23604.0, 23641.0, 23568.0, 23562.0, 23594.0, 23563.0, 23602.0, 23601.0, 23665.0, 23603.0, 23585.0, 23622.0, 23588.0, 23579.0, 23671.0, 23702.0, 23628.0, 23584.0, 23612.0, 23638.0, 23590.0, 23681.0, 23676.0, 23557.0, 23618.0, 23548.0, 23591.0, 23648.0, 23567.0, 23599.0, 23642.0, 23609.0, 23674.0, 23668.0, 23614.0, 23648.0, 23629.0, 23683.0, 23676.0, 23623.0, 23669.0, 23626.0, 23587.0, 23623.0, 23566.0, 23614.0, 23517.0, 23633.0, 23633.0, 23520.0, 23614.0, 23709.0, 23692.0, 23649.0, 23639.0, 23590.0, 23581.0, 23573.0, 23567.0, 23519.0, 23545.0, 23555.0, 23642.0, 23561.0, 23608.0, 23654.0, 23646.0, 23638.0, 23613.0, 23590.0, 23687.0, 23611.0, 23619.0, 23628.0, 23622.0, 23623.0, 23589.0, 23639.0, 23687.0, 23616.0, 23680.0, 23622.0, 23568.0, 23606.0, 23591.0, 23655.0, 23599.0, 23564.0, 23586.0, 23640.0, 23589.0, 23633.0, 23597.0, 23721.0, 23685.0, 23573.0, 23671.0, 23632.0, 23669.0, 23624.0, 23573.0, 23610.0, 23589.0, 23594.0, 23579.0, 23611.0, 23600.0, 23616.0, 23587.0, 23573.0, 23595.0, 23649.0, 23567.0, 23588.0, 23573.0, 23615.0, 23539.0, 23620.0, 23570.0, 23563.0, 23652.0, 23656.0, 23578.0, 23599.0, 23688.0, 23609.0, 23617.0, 23584.0, 23614.0, 23548.0, 23577.0, 23617.0, 23548.0, 23653.0, 23630.0, 23645.0, 23619.0, 23622.0, 23575.0, 23620.0, 23571.0, 23605.0, 23564.0, 23632.0, 23556.0, 23631.0, 23584.0, 23558.0, 23571.0, 23614.0, 23582.0, 23647.0, 23580.0, 23654.0, 23601.0, 23572.0, 23638.0, 23649.0, 23646.0, 23637.0, 23589.0, 23624.0, 23543.0, 23630.0, 23620.0, 23631.0, 23574.0, 23653.0, 23585.0, 23591.0, 23581.0, 23567.0, 23553.0, 23583.0, 23637.0, 23578.0, 23576.0, 23583.0, 23662.0, 23661.0, 23670.0, 23584.0, 23585.0, 23583.0, 23611.0, 23647.0, 23577.0, 23679.0, 23644.0, 23536.0, 23579.0, 23595.0, 23504.0, 23598.0, 23546.0, 23577.0, 23533.0, 23550.0, 23488.0, 23500.0, 23602.0, 23543.0, 23601.0, 23639.0, 23530.0, 23582.0, 23551.0, 23605.0, 23556.0, 23602.0, 23567.0, 23619.0, 23598.0, 23568.0, 23623.0, 23673.0, 23663.0, 23596.0, 23654.0, 23605.0, 23645.0, 23654.0, 23603.0, 23688.0, 23676.0, 23677.0, 23625.0, 23682.0, 23681.0, 23630.0, 23637.0, 23599.0, 23626.0, 23559.0, 23603.0, 23625.0, 23612.0, 23631.0, 23617.0, 23649.0, 23599.0, 23568.0, 23588.0, 23609.0, 23677.0, 23630.0, 23676.0, 23576.0, 23562.0, 23533.0, 23556.0, 23586.0, 23525.0, 23539.0, 23551.0, 23558.0, 23523.0, 23549.0, 23599.0, 23537.0, 23538.0, 23545.0, 23524.0, 23589.0, 23554.0, 23542.0, 23556.0, 23579.0, 23629.0, 23594.0, 23588.0, 23624.0, 23565.0, 23576.0, 23604.0, 23548.0, 23534.0]}, "slices": {}}}