{"AcquisitionMatrixPE": 96, "AcquisitionNumber": 1, "AcquisitionTime": "07:53:32.840000", "BandwidthPerPixelPhaseEncode": 33.602, "BaseResolution": 96, "BodyPartExamined": "BRAIN", "ConsistencyInfo": "N4_VD13A_LATEST_20120616", "ConversionSoftware": "dcm2niix", "ConversionSoftwareVersion": "v1.0.20210317", "DerivedVendorReportedEchoSpacing": 0.000620003, "DeviceSerialNumber": "45239", "DwellTime": 2.6e-06, "EchoTime": 0.03, "EchoTrainLength": 47, "EffectiveEchoSpacing": 0.000310001, "FlipAngle": 63, "ImageComments": "Unaliased MB4/PE3", "ImageOrientationPatientDICOM": [0.99988, -0.0016182, -0.0153832, -0.00665733, 0.85267, -0.522408], "ImageType": ["ORIGINAL", "PRIMARY", "M", "ND", "NORM", "MOSAIC"], "ImagingFrequency": 123.193, "InPlanePhaseEncodingDirectionDICOM": "COL", "InstitutionAddress": "E 24th St. 100,Austin,Southmiddle,US,78712", "InstitutionName": "Univ of Texas at Austin", "InstitutionalDepartmentName": "IRC", "MRAcquisitionType": "2D", "MagneticFieldStrength": 3, "Manufacturer": "Siemens", "ManufacturersModelName": "Skyra", "Modality": "MR", "MultibandAccelerationFactor": 4, "ParallelReductionFactorInPlane": 2, "PartialFourier": 1, "PatientPosition": "HFS", "PercentPhaseFOV": 100, "PercentSampling": 100, "PhaseEncodingDirection": "j-", "PhaseEncodingSteps": 95, "PhaseResolution": 1, "PixelBandwidth": 2005, "ProcedureStepDescription": "Poldrack2^self-scanning", "ProtocolName": "faces_localizer-run2", "PulseSequenceDetails": "%CustomerSeq%\\cmrr_mbep2d_bold", "ReceiveCoilActiveElements": "HEA;HEP", "ReceiveCoilName": "Head_32", "ReconMatrixPE": 96, "RefLinesPE": 48, "RepetitionTime": 1.16, "SAR": 0.118183, "ScanOptions": "FS", "ScanningSequence": "EP", "SequenceName": "epfid2d1_96", "SequenceVariant": "SK", "SeriesDescription": "faces_localizer-run2", "SeriesNumber": 10, "ShimSetting": [-2779, 8044, -15492, -120, -344, 207, 153, 0], "SliceThickness": 2, "SliceTiming": [0, 0.5, 0.9975, 0.3575, 0.855, 0.215, 0.7125, 0.0725, 0.57, 1.07, 0.4275, 0.9275, 0.285, 0.785, 0.1425, 0.6425, 0, 0.5, 0.9975, 0.3575, 0.855, 0.215, 0.7125, 0.0725, 0.57, 1.07, 0.4275, 0.9275, 0.285, 0.785, 0.1425, 0.6425, 0, 0.5, 0.9975, 0.3575, 0.855, 0.215, 0.7125, 0.0725, 0.57, 1.07, 0.4275, 0.9275, 0.285, 0.785, 0.1425, 0.6425, 0, 0.5, 0.9975, 0.3575, 0.855, 0.215, 0.7125, 0.0725, 0.57, 1.07, 0.4275, 0.9275, 0.285, 0.785, 0.1425, 0.6425], "SoftwareVersions": "syngo MR D13", "SpacingBetweenSlices": 2.4, "StationName": "AWP45239", "TaskName": "Object recognition task", "TotalReadoutTime": 0.0294501, "TxRefAmp": 340.361, "WipMemBlock": "de81cbb1-e606-4878-9c24-c8b1619946fd||Sequence: vd13a/R010 r/fd129fc; Dec 13 2013 16:14:27 by eja", "dcmmeta_affine": [[-2.3955466747283936, -0.01594984345138073, -0.03350924700498581, 116.04380798339844], [0.0038769450038671494, 2.0428547859191895, -1.2538743019104004, -79.4041748046875], [-0.03685567528009415, 1.2516018152236938, 2.0461368560791016, -82.49705505371094], [0.0, 0.0, 0.0, 1.0]], "dcmmeta_reorient_transform": [[0.0, -1.0, 0.0, 95.0], [1.0, 0.0, 0.0, 0.0], [0.0, 0.0, 1.0, 0.0], [0.0, 0.0, 0.0, 1.0]], "dcmmeta_shape": [96, 96, 64, 270], "dcmmeta_slice_dim": 2, "dcmmeta_version": 0.6, "global": {"const": {"AcquisitionMatrix": [96, 0, 0, 96], "AngioFlag": "N", "BitsAllocated": 16, "BitsStored": 16, "BodyPartExamined": "BRAIN", "Columns": 768, "DeidentificationMethodCodeSequence": [{"CodeMeaning": "XNAT Edit Script", "CodeValue": "93", "CodingSchemeDesignator": "XNAT", "CodingSchemeVersion": "0.1"}], "EchoNumbers": 1, "EchoTime": 30.0, "EchoTrainLength": 47, "FlipAngle": 63.0, "HighBit": 15, "ImageOrientationPatient": [0.99988036152186, -0.0016182031566, -0.0153832396281, -0.0066573265337, 0.85266984088003, -0.5224077166898], "ImagePositionPatient": [-914.07308635755, -799.76357562792, 469.32681981819], "ImageType": ["ORIGINAL", "PRIMARY", "M", "ND", "NORM", "MOSAIC"], "ImagedNucleus": "1H", "ImagingFrequency": 123.192929, "InPlanePhaseEncodingDirection": "COL", "MRAcquisitionType": "2D", "MagneticFieldStrength": 3.0, "Manufacturer": "SIEMENS", "ManufacturerModelName": "Skyra", "Modality": "MR", "NumberOfAverages": 1.0, "NumberOfPhaseEncodingSteps": 95, "PercentPhaseFieldOfView": 100.0, "PercentSampling": 100.0, "PerformedProcedureStepStartTime": "071749.189000", "PhotometricInterpretation": "MONOCHROME2", "PixelBandwidth": 2005.0, "PixelRepresentation": 0, "PixelSpacing": [2.3958332538605, 2.3958332538605], "ProtocolName": "faces_localizer-run2", "RepetitionTime": 1160.0, "Rows": 768, "SAR": 0.11818312329546, "SamplesPerPixel": 1, "ScanOptions": "FS", "ScanningSequence": "EP", "SequenceName": "epfid2d1_96", "SequenceVariant": "SK", "SeriesDescription": "faces_localizer-run2", "SeriesNumber": 10, "SeriesTime": "075424.224000", "SliceLocation": -30.469149936862, "SliceThickness": 2.0, "SmallestImagePixelValue": 0, "SoftwareVersions": "syngo MR D13", "SpacingBetweenSlices": 2.3999999863073, "SpecificCharacterSet": "ISO_IR 100", "StudyID": "1", "StudyTime": "071749.112000", "TransmitCoilName": "Body", "VariableFlipAngleFlag": "N", "WindowCenterWidthExplanation": "Algo1", "dBdt": 0.0}, "slices": {}}, "time": {"samples": {"AcquisitionNumber": [1, 2, 3, 4, 5, 6, 7, 8, 9, 10, 11, 12, 13, 14, 15, 16, 17, 18, 19, 20, 21, 22, 23, 24, 25, 26, 27, 28, 29, 30, 31, 32, 33, 34, 35, 36, 37, 38, 39, 40, 41, 42, 43, 44, 45, 46, 47, 48, 49, 50, 51, 52, 53, 54, 55, 56, 57, 58, 59, 60, 61, 62, 63, 64, 65, 66, 67, 68, 69, 70, 71, 72, 73, 74, 75, 76, 77, 78, 79, 80, 81, 82, 83, 84, 85, 86, 87, 88, 89, 90, 91, 92, 93, 94, 95, 96, 97, 98, 99, 100, 101, 102, 103, 104, 105, 106, 107, 108, 109, 110, 111, 112, 113, 114, 115, 116, 117, 118, 119, 120, 121, 122, 123, 124, 125, 126, 127, 128, 129, 130, 131, 132, 133, 134, 135, 136, 137, 138, 139, 140, 141, 142, 143, 144, 145, 146, 147, 148, 149, 150, 151, 152, 153, 154, 155, 156, 157, 158, 159, 160, 161, 162, 163, 164, 165, 166, 167, 168, 169, 170, 171, 172, 173, 174, 175, 176, 177, 178, 179, 180, 181, 182, 183, 184, 185, 186, 187, 188, 189, 190, 191, 192, 193, 194, 195, 196, 197, 198, 199, 200, 201, 202, 203, 204, 205, 206, 207, 208, 209, 210, 211, 212, 213, 214, 215, 216, 217, 218, 219, 220, 221, 222, 223, 224, 225, 226, 227, 228, 229, 230, 231, 232, 233, 234, 235, 236, 237, 238, 239, 240, 241, 242, 243, 244, 245, 246, 247, 248, 249, 250, 251, 252, 253, 254, 255, 256, 257, 258, 259, 260, 261, 262, 263, 264, 265, 266, 267, 268, 269, 270], "AcquisitionTime": ["075332.840000", "075339.780000", "075340.940000", "075342.100000", "075343.260000", "075344.420000", "075345.580000", "075346.740000", "075347.900000", "075349.060000", "075350.220000", "075351.380000", "075352.540000", "075353.700000", "075354.860000", "075356.020000", "075357.180000", "075358.340000", "075359.500000", "075400.662500", "075401.822500", "075402.982500", "075404.142500", "075405.302500", "075406.462500", "075407.622500", "075408.782500", "075409.942500", "075411.102500", "075412.262500", "075413.422500", "075414.582500", "075415.742500", "075416.902500", "075418.062500", "075419.222500", "075420.382500", "075421.542500", "075422.702500", "075423.862500", "075425.022500", "075426.182500", "075427.342500", "075428.502500", "075429.662500", "075430.822500", "075431.982500", "075433.142500", "075434.302500", "075435.462500", "075436.622500", "075437.782500", "075438.942500", "075440.102500", "075441.262500", "075442.422500", "075443.582500", "075444.742500", "075445.902500", "075447.062500", "075448.222500", "075449.382500", "075450.542500", "075451.702500", "075452.862500", "075454.022500", "075455.182500", "075456.342500", "075457.502500", "075458.662500", "075459.822500", "075500.982500", "075502.142500", "075503.302500", "075504.462500", "075505.622500", "075506.782500", "075507.942500", "075509.102500", "075510.262500", "075511.422500", "075512.582500", "075513.742500", "075514.902500", "075516.062500", "075517.222500", "075518.382500", "075519.542500", "075520.702500", "075521.862500", "075523.022500", "075524.182500", "075525.342500", "075526.502500", "075527.662500", "075528.822500", "075529.982500", "075531.142500", "075532.302500", "075533.462500", "075534.622500", "075535.782500", "075536.942500", "075538.102500", "075539.262500", "075540.422500", "075541.582500", "075542.742500", "075543.902500", "075545.062500", "075546.222500", "075547.382500", "075548.542500", "075549.702500", "075550.862500", "075552.022500", "075553.182500", "075554.342500", "075555.502500", "075556.662500", "075557.822500", "075558.982500", "075600.142500", "075601.302500", "075602.462500", "075603.622500", "075604.782500", "075605.942500", "075607.102500", "075608.262500", "075609.422500", "075610.582500", "075611.742500", "075612.902500", "075614.062500", "075615.222500", "075616.382500", "075617.542500", "075618.702500", "075619.862500", "075621.022500", "075622.182500", "075623.342500", "075624.502500", "075625.662500", "075626.822500", "075627.982500", "075629.142500", "075630.302500", "075631.462500", "075632.622500", "075633.782500", "075634.942500", "075636.102500", "075637.262500", "075638.422500", "075639.582500", "075640.742500", "075641.902500", "075643.062500", "075644.222500", "075645.382500", "075646.542500", "075647.702500", "075648.862500", "075650.022500", "075651.182500", "075652.342500", "075653.502500", "075654.662500", "075655.822500", "075656.982500", "075658.142500", "075659.302500", "075700.462500", "075701.622500", "075702.782500", "075703.942500", "075705.102500", "075706.262500", "075707.422500", "075708.582500", "075709.742500", "075710.902500", "075712.062500", "075713.222500", "075714.382500", "075715.542500", "075716.702500", "075717.862500", "075719.022500", "075720.182500", "075721.342500", "075722.502500", "075723.662500", "075724.822500", "075725.982500", "075727.142500", "075728.302500", "075729.462500", "075730.622500", "075731.782500", "075732.942500", "075734.102500", "075735.262500", "075736.422500", "075737.582500", "075738.742500", "075739.902500", "075741.062500", "075742.222500", "075743.382500", "075744.542500", "075745.702500", "075746.862500", "075748.022500", "075749.182500", "075750.342500", "075751.502500", "075752.662500", "075753.822500", "075754.982500", "075756.142500", "075757.302500", "075758.462500", "075759.622500", "075800.782500", "075801.942500", "075803.102500", "075804.262500", "075805.422500", "075806.582500", "075807.742500", "075808.902500", "075810.062500", "075811.222500", "075812.382500", "075813.542500", "075814.702500", "075815.862500", "075817.022500", "075818.182500", "075819.342500", "075820.502500", "075821.662500", "075822.822500", "075823.982500", "075825.142500", "075826.302500", "075827.462500", "075828.622500", "075829.782500", "075830.942500", "075832.102500", "075833.262500", "075834.422500", "075835.582500", "075836.742500", "075837.902500", "075839.062500", "075840.222500", "075841.382500", "075842.542500", "075843.702500", "075844.862500", "075846.022500", "075847.182500", "075848.342500", "075849.502500", "075850.665000"], "ContentTime": ["075424.228000", "075424.233000", "075424.237000", "075424.241000", "075424.244000", "075424.248000", "075424.252000", "075424.256000", "075424.260000", "075424.264000", "075424.268000", "075424.272000", "075424.276000", "075424.280000", "075424.285000", "075424.288000", "075424.297000", "075424.302000", "075424.311000", "075424.314000", "075424.318000", "075424.322000", "075424.326000", "075424.330000", "075424.334000", "075424.338000", "075424.342000", "075424.346000", "075424.350000", "075424.354000", "075424.358000", "075424.363000", "075424.367000", "075424.371000", "075424.375000", "075444.188000", "075444.193000", "075444.197000", "075444.201000", "075444.205000", "075444.209000", "075444.213000", "075444.217000", "075444.221000", "075444.225000", "075444.229000", "075444.233000", "075444.237000", "075444.241000", "075444.246000", "075444.250000", "075444.254000", "075444.261000", "075444.266000", "075444.269000", "075524.188000", "075524.192000", "075524.196000", "075524.200000", "075524.204000", "075524.208000", "075524.218000", "075524.222000", "075524.227000", "075524.231000", "075524.235000", "075524.238000", "075524.243000", "075524.246000", "075524.250000", "075524.258000", "075524.262000", "075524.266000", "075524.270000", "075524.274000", "075524.278000", "075524.282000", "075524.286000", "075524.290000", "075524.294000", "075524.298000", "075524.302000", "075524.306000", "075524.310000", "075524.314000", "075524.318000", "075524.322000", "075524.326000", "075524.330000", "075524.334000", "075604.188000", "075604.194000", "075604.198000", "075604.202000", "075604.205000", "075604.210000", "075604.213000", "075604.217000", "075604.222000", "075604.226000", "075604.230000", "075604.234000", "075604.238000", "075604.242000", "075604.246000", "075604.250000", "075604.254000", "075604.258000", "075604.262000", "075604.266000", "075604.270000", "075604.274000", "075604.278000", "075604.282000", "075604.286000", "075604.290000", "075604.294000", "075604.298000", "075604.302000", "075604.306000", "075604.310000", "075604.314000", "075604.318000", "075604.332000", "075644.188000", "075644.192000", "075644.196000", "075644.199000", "075644.210000", "075644.214000", "075644.218000", "075644.222000", "075644.226000", "075644.230000", "075644.233000", "075644.237000", "075644.242000", "075644.246000", "075644.250000", "075644.254000", "075644.258000", "075644.262000", "075644.265000", "075644.269000", "075644.273000", "075644.277000", "075644.281000", "075644.285000", "075644.289000", "075644.293000", "075644.297000", "075644.301000", "075644.305000", "075644.309000", "075644.313000", "075644.317000", "075644.321000", "075644.325000", "075644.329000", "075724.187000", "075724.200000", "075724.204000", "075724.208000", "075724.217000", "075724.221000", "075724.225000", "075724.229000", "075724.233000", "075724.238000", "075724.241000", "075724.245000", "075724.249000", "075724.253000", "075724.257000", "075724.261000", "075724.265000", "075724.269000", "075724.273000", "075724.277000", "075724.281000", "075724.285000", "075724.289000", "075724.292000", "075724.296000", "075724.300000", "075724.304000", "075724.308000", "075724.312000", "075724.316000", "075724.320000", "075724.324000", "075724.328000", "075724.332000", "075804.188000", "075804.193000", "075804.197000", "075804.200000", "075804.204000", "075804.208000", "075804.212000", "075804.216000", "075804.220000", "075804.224000", "075804.228000", "075804.231000", "075804.235000", "075804.239000", "075804.243000", "075804.247000", "075804.251000", "075804.256000", "075804.260000", "075804.264000", "075804.267000", "075804.271000", "075804.276000", "075804.279000", "075804.283000", "075804.287000", "075804.291000", "075804.295000", "075804.298000", "075804.303000", "075804.307000", "075804.310000", "075804.314000", "075804.318000", "075804.322000", "075844.188000", "075844.193000", "075844.204000", "075844.208000", "075844.212000", "075844.216000", "075844.220000", "075844.224000", "075844.228000", "075844.232000", "075844.236000", "075844.240000", "075844.244000", "075844.248000", "075844.253000", "075844.257000", "075844.260000", "075844.264000", "075844.268000", "075844.272000", "075844.276000", "075844.280000", "075844.284000", "075844.288000", "075844.292000", "075844.296000", "075844.308000", "075844.312000", "075844.316000", "075844.320000", "075844.324000", "075844.328000", "075844.332000", "075844.336000", "075852.582000", "075852.586000", "075852.590000", "075852.594000", "075852.598000", "075852.602000", "075852.605000", "075852.609000"], "InstanceCreationTime": ["075424.228000", "075424.233000", "075424.237000", "075424.241000", "075424.244000", "075424.248000", "075424.252000", "075424.256000", "075424.260000", "075424.264000", "075424.268000", "075424.272000", "075424.276000", "075424.280000", "075424.285000", "075424.288000", "075424.297000", "075424.302000", "075424.311000", "075424.314000", "075424.318000", "075424.322000", "075424.326000", "075424.330000", "075424.334000", "075424.338000", "075424.342000", "075424.346000", "075424.350000", "075424.354000", "075424.358000", "075424.363000", "075424.367000", "075424.371000", "075424.375000", "075444.188000", "075444.193000", "075444.197000", "075444.201000", "075444.205000", "075444.209000", "075444.213000", "075444.217000", "075444.221000", "075444.225000", "075444.229000", "075444.233000", "075444.237000", "075444.241000", "075444.246000", "075444.250000", "075444.254000", "075444.261000", "075444.266000", "075444.269000", "075524.188000", "075524.192000", "075524.196000", "075524.200000", "075524.204000", "075524.208000", "075524.218000", "075524.222000", "075524.227000", "075524.231000", "075524.235000", "075524.238000", "075524.243000", "075524.246000", "075524.250000", "075524.258000", "075524.262000", "075524.266000", "075524.270000", "075524.274000", "075524.278000", "075524.282000", "075524.286000", "075524.290000", "075524.294000", "075524.298000", "075524.302000", "075524.306000", "075524.310000", "075524.314000", "075524.318000", "075524.322000", "075524.326000", "075524.330000", "075524.334000", "075604.188000", "075604.194000", "075604.198000", "075604.202000", "075604.205000", "075604.210000", "075604.213000", "075604.217000", "075604.222000", "075604.226000", "075604.230000", "075604.234000", "075604.238000", "075604.242000", "075604.246000", "075604.250000", "075604.254000", "075604.258000", "075604.262000", "075604.266000", "075604.270000", "075604.274000", "075604.278000", "075604.282000", "075604.286000", "075604.290000", "075604.294000", "075604.298000", "075604.302000", "075604.306000", "075604.310000", "075604.314000", "075604.318000", "075604.332000", "075644.188000", "075644.192000", "075644.196000", "075644.199000", "075644.210000", "075644.214000", "075644.218000", "075644.222000", "075644.226000", "075644.230000", "075644.233000", "075644.237000", "075644.242000", "075644.246000", "075644.250000", "075644.254000", "075644.258000", "075644.262000", "075644.265000", "075644.269000", "075644.273000", "075644.277000", "075644.281000", "075644.285000", "075644.289000", "075644.293000", "075644.297000", "075644.301000", "075644.305000", "075644.309000", "075644.313000", "075644.317000", "075644.321000", "075644.325000", "075644.329000", "075724.187000", "075724.200000", "075724.204000", "075724.208000", "075724.217000", "075724.221000", "075724.225000", "075724.229000", "075724.233000", "075724.238000", "075724.241000", "075724.245000", "075724.249000", "075724.253000", "075724.257000", "075724.261000", "075724.265000", "075724.269000", "075724.273000", "075724.277000", "075724.281000", "075724.285000", "075724.289000", "075724.292000", "075724.296000", "075724.300000", "075724.304000", "075724.308000", "075724.312000", "075724.316000", "075724.320000", "075724.324000", "075724.328000", "075724.332000", "075804.188000", "075804.193000", "075804.197000", "075804.200000", "075804.204000", "075804.208000", "075804.212000", "075804.216000", "075804.220000", "075804.224000", "075804.228000", "075804.231000", "075804.235000", "075804.239000", "075804.243000", "075804.247000", "075804.251000", "075804.256000", "075804.260000", "075804.264000", "075804.267000", "075804.271000", "075804.276000", "075804.279000", "075804.283000", "075804.287000", "075804.291000", "075804.295000", "075804.298000", "075804.303000", "075804.307000", "075804.310000", "075804.314000", "075804.318000", "075804.322000", "075844.188000", "075844.193000", "075844.204000", "075844.208000", "075844.212000", "075844.216000", "075844.220000", "075844.224000", "075844.228000", "075844.232000", "075844.236000", "075844.240000", "075844.244000", "075844.248000", "075844.253000", "075844.257000", "075844.260000", "075844.264000", "075844.268000", "075844.272000", "075844.276000", "075844.280000", "075844.284000", "075844.288000", "075844.292000", "075844.296000", "075844.308000", "075844.312000", "075844.316000", "075844.320000", "075844.324000", "075844.328000", "075844.332000", "075844.336000", "075852.582000", "075852.586000", "075852.590000", "075852.594000", "075852.598000", "075852.602000", "075852.605000", "075852.609000"], "InstanceNumber": [1, 2, 3, 4, 5, 6, 7, 8, 9, 10, 11, 12, 13, 14, 15, 16, 17, 18, 19, 20, 21, 22, 23, 24, 25, 26, 27, 28, 29, 30, 31, 32, 33, 34, 35, 36, 37, 38, 39, 40, 41, 42, 43, 44, 45, 46, 47, 48, 49, 50, 51, 52, 53, 54, 55, 56, 57, 58, 59, 60, 61, 62, 63, 64, 65, 66, 67, 68, 69, 70, 71, 72, 73, 74, 75, 76, 77, 78, 79, 80, 81, 82, 83, 84, 85, 86, 87, 88, 89, 90, 91, 92, 93, 94, 95, 96, 97, 98, 99, 100, 101, 102, 103, 104, 105, 106, 107, 108, 109, 110, 111, 112, 113, 114, 115, 116, 117, 118, 119, 120, 121, 122, 123, 124, 125, 126, 127, 128, 129, 130, 131, 132, 133, 134, 135, 136, 137, 138, 139, 140, 141, 142, 143, 144, 145, 146, 147, 148, 149, 150, 151, 152, 153, 154, 155, 156, 157, 158, 159, 160, 161, 162, 163, 164, 165, 166, 167, 168, 169, 170, 171, 172, 173, 174, 175, 176, 177, 178, 179, 180, 181, 182, 183, 184, 185, 186, 187, 188, 189, 190, 191, 192, 193, 194, 195, 196, 197, 198, 199, 200, 201, 202, 203, 204, 205, 206, 207, 208, 209, 210, 211, 212, 213, 214, 215, 216, 217, 218, 219, 220, 221, 222, 223, 224, 225, 226, 227, 228, 229, 230, 231, 232, 233, 234, 235, 236, 237, 238, 239, 240, 241, 242, 243, 244, 245, 246, 247, 248, 249, 250, 251, 252, 253, 254, 255, 256, 257, 258, 259, 260, 261, 262, 263, 264, 265, 266, 267, 268, 269, 270], "LargestImagePixelValue": [40825, 38884, 41340, 33387, 34598, 28863, 28939, 29743, 36607, 37925, 39203, 31589, 36513, 41860, 38301, 36870, 35959, 32433, 36633, 39488, 40549, 34952, 35173, 33261, 35550, 36202, 33049, 37017, 32284, 34778, 42425, 39841, 41509, 39602, 30070, 39366, 36875, 38347, 36829, 28918, 30590, 35023, 35000, 39915, 30909, 41367, 31822, 34129, 42654, 38250, 37026, 29640, 29384, 43709, 35300, 28910, 32006, 32636, 40919, 33229, 35898, 43116, 30597, 31843, 31510, 29903, 42862, 36534, 32857, 37470, 39014, 36886, 34659, 32390, 41282, 36638, 39893, 33174, 40103, 31752, 33761, 30476, 40549, 36471, 32626, 48098, 36608, 29267, 34670, 28709, 32958, 39256, 36448, 39296, 30559, 36046, 29772, 45737, 36172, 34577, 35707, 39125, 33978, 32226, 37044, 41052, 28399, 28945, 29953, 32806, 39497, 36153, 30253, 36228, 40195, 29794, 33228, 33180, 46372, 32550, 29727, 30663, 30912, 40920, 37678, 31940, 30953, 37605, 34308, 30421, 40908, 38038, 39575, 45738, 35124, 36362, 31615, 34866, 43670, 38637, 30156, 35427, 31337, 42690, 36110, 40526, 28497, 32015, 42921, 36569, 30773, 32570, 36975, 29336, 37919, 42919, 32476, 31467, 37361, 45215, 29037, 29180, 30837, 35438, 30541, 33683, 28641, 28535, 29470, 35186, 32928, 39050, 36185, 33389, 39202, 39953, 37153, 41851, 30742, 28792, 36732, 38614, 39093, 37812, 30680, 32241, 32304, 34325, 44687, 38321, 39936, 38954, 46572, 35640, 38660, 36182, 31167, 32224, 28615, 28716, 46082, 37387, 32797, 40532, 38932, 28864, 33085, 34068, 30503, 29343, 36356, 37213, 47654, 32131, 29891, 32841, 34776, 28488, 28391, 29140, 35687, 41126, 39925, 32901, 38636, 31406, 40788, 37048, 41933, 28974, 30917, 39173, 38154, 37824, 29406, 29102, 30059, 35836, 41764, 35777, 37742, 44127, 34571, 30187, 32410, 31627, 37734, 36031, 38496, 32592, 31926, 38417, 31989, 36504, 30211, 33129, 38923, 45391, 31931, 34946, 42952, 35199, 28774, 34685, 29342, 33225, 29868, 36471, 36492, 32789], "WindowCenter": [11079.0, 11040.0, 11037.0, 11016.0, 11020.0, 10996.0, 10997.0, 10997.0, 11009.0, 11023.0, 11028.0, 11002.0, 11029.0, 11036.0, 11021.0, 11016.0, 11013.0, 11018.0, 11024.0, 11019.0, 11027.0, 11004.0, 11002.0, 11013.0, 11019.0, 11009.0, 11008.0, 11022.0, 11018.0, 11024.0, 11035.0, 11042.0, 11033.0, 11023.0, 10990.0, 11024.0, 11018.0, 11022.0, 11019.0, 11000.0, 10998.0, 11007.0, 11017.0, 11037.0, 11006.0, 11060.0, 11020.0, 11016.0, 11037.0, 11024.0, 11014.0, 10979.0, 10982.0, 11029.0, 10998.0, 10981.0, 10999.0, 11002.0, 11034.0, 11010.0, 11010.0, 11033.0, 11000.0, 11007.0, 11000.0, 11008.0, 11048.0, 11024.0, 10997.0, 11011.0, 11023.0, 11025.0, 11023.0, 11030.0, 11044.0, 11027.0, 11039.0, 11026.0, 11049.0, 11030.0, 11018.0, 11003.0, 11035.0, 11020.0, 11010.0, 11044.0, 11015.0, 10983.0, 11005.0, 10982.0, 11000.0, 11024.0, 11021.0, 11032.0, 11008.0, 11038.0, 11012.0, 11042.0, 11028.0, 11010.0, 11015.0, 11024.0, 11001.0, 10996.0, 11007.0, 11024.0, 10982.0, 10999.0, 11009.0, 11011.0, 11039.0, 11021.0, 10994.0, 11013.0, 11033.0, 10999.0, 11031.0, 11017.0, 11050.0, 11010.0, 10995.0, 11007.0, 11019.0, 11049.0, 11039.0, 11003.0, 11002.0, 11027.0, 11025.0, 11007.0, 11044.0, 11029.0, 11033.0, 11049.0, 11024.0, 11027.0, 11014.0, 11021.0, 11043.0, 11023.0, 10997.0, 11031.0, 11003.0, 11040.0, 11024.0, 11033.0, 10992.0, 11001.0, 11024.0, 10995.0, 10973.0, 11007.0, 11022.0, 10990.0, 11034.0, 11044.0, 11007.0, 11001.0, 11027.0, 11042.0, 11001.0, 10993.0, 10991.0, 11007.0, 11003.0, 11015.0, 10991.0, 10996.0, 10992.0, 11012.0, 11003.0, 11030.0, 11021.0, 11018.0, 11033.0, 11020.0, 11021.0, 11018.0, 10984.0, 10984.0, 11022.0, 11013.0, 11017.0, 11024.0, 11002.0, 11014.0, 11019.0, 11030.0, 11047.0, 11029.0, 11038.0, 11029.0, 11050.0, 11009.0, 11021.0, 10998.0, 10987.0, 11000.0, 10987.0, 10997.0, 11050.0, 11006.0, 10987.0, 11020.0, 11025.0, 10981.0, 11032.0, 11024.0, 11006.0, 11009.0, 11028.0, 11017.0, 11049.0, 11003.0, 10988.0, 11001.0, 11018.0, 10997.0, 11014.0, 11013.0, 11021.0, 11048.0, 11037.0, 11017.0, 11031.0, 11004.0, 11037.0, 11024.0, 11031.0, 10997.0, 11003.0, 11024.0, 11016.0, 11007.0, 10990.0, 10992.0, 10997.0, 11015.0, 11028.0, 11001.0, 11008.0, 11034.0, 11013.0, 11013.0, 11035.0, 11018.0, 11033.0, 11016.0, 11025.0, 11004.0, 11012.0, 11031.0, 11012.0, 11037.0, 10996.0, 11008.0, 11034.0, 11047.0, 11005.0, 11023.0, 11044.0, 11020.0, 10995.0, 11023.0, 11010.0, 11033.0, 11015.0, 11040.0, 11044.0, 11026.0], "WindowWidth": [23794.0, 23679.0, 23666.0, 23608.0, 23617.0, 23554.0, 23560.0, 23554.0, 23588.0, 23620.0, 23633.0, 23565.0, 23629.0, 23650.0, 23616.0, 23606.0, 23596.0, 23604.0, 23623.0, 23610.0, 23625.0, 23576.0, 23570.0, 23593.0, 23611.0, 23589.0, 23586.0, 23623.0, 23612.0, 23627.0, 23655.0, 23665.0, 23644.0, 23619.0, 23545.0, 23623.0, 23608.0, 23620.0, 23611.0, 23566.0, 23564.0, 23584.0, 23609.0, 23656.0, 23588.0, 23712.0, 23617.0, 23607.0, 23653.0, 23625.0, 23601.0, 23513.0, 23525.0, 23630.0, 23557.0, 23523.0, 23565.0, 23571.0, 23649.0, 23591.0, 23591.0, 23649.0, 23564.0, 23584.0, 23568.0, 23590.0, 23679.0, 23621.0, 23557.0, 23591.0, 23626.0, 23622.0, 23618.0, 23639.0, 23672.0, 23631.0, 23662.0, 23628.0, 23688.0, 23637.0, 23611.0, 23569.0, 23654.0, 23612.0, 23589.0, 23678.0, 23598.0, 23528.0, 23578.0, 23525.0, 23569.0, 23625.0, 23619.0, 23649.0, 23585.0, 23660.0, 23594.0, 23671.0, 23628.0, 23593.0, 23595.0, 23628.0, 23571.0, 23549.0, 23583.0, 23623.0, 23524.0, 23565.0, 23585.0, 23594.0, 23655.0, 23618.0, 23547.0, 23596.0, 23646.0, 23563.0, 23640.0, 23610.0, 23689.0, 23587.0, 23562.0, 23584.0, 23607.0, 23684.0, 23659.0, 23573.0, 23568.0, 23638.0, 23620.0, 23586.0, 23678.0, 23635.0, 23649.0, 23692.0, 23623.0, 23635.0, 23602.0, 23616.0, 23671.0, 23625.0, 23558.0, 23640.0, 23574.0, 23661.0, 23626.0, 23646.0, 23547.0, 23571.0, 23623.0, 23551.0, 23505.0, 23581.0, 23618.0, 23545.0, 23650.0, 23674.0, 23584.0, 23572.0, 23631.0, 23670.0, 23563.0, 23552.0, 23544.0, 23581.0, 23574.0, 23602.0, 23544.0, 23557.0, 23545.0, 23590.0, 23571.0, 23641.0, 23623.0, 23610.0, 23649.0, 23618.0, 23612.0, 23610.0, 23527.0, 23530.0, 23617.0, 23602.0, 23608.0, 23624.0, 23573.0, 23599.0, 23610.0, 23637.0, 23678.0, 23635.0, 23658.0, 23637.0, 23690.0, 23589.0, 23607.0, 23561.0, 23532.0, 23560.0, 23531.0, 23561.0, 23684.0, 23580.0, 23533.0, 23614.0, 23621.0, 23522.0, 23635.0, 23628.0, 23584.0, 23591.0, 23634.0, 23605.0, 23686.0, 23572.0, 23533.0, 23568.0, 23610.0, 23555.0, 23598.0, 23593.0, 23619.0, 23680.0, 23649.0, 23597.0, 23640.0, 23572.0, 23650.0, 23622.0, 23642.0, 23551.0, 23577.0, 23621.0, 23599.0, 23583.0, 23538.0, 23546.0, 23557.0, 23597.0, 23632.0, 23567.0, 23584.0, 23651.0, 23599.0, 23600.0, 23653.0, 23611.0, 23643.0, 23604.0, 23626.0, 23577.0, 23593.0, 23639.0, 23591.0, 23651.0, 23557.0, 23580.0, 23649.0, 23683.0, 23575.0, 23621.0, 23669.0, 23611.0, 23554.0, 23616.0, 23589.0, 23647.0, 23608.0, 23663.0, 23673.0, 23625.0]}, "slices": {}}}