{"AcquisitionMatrixPE": 96, "AcquisitionNumber": 1, "AcquisitionTime": "07:47:10.015000", "BandwidthPerPixelPhaseEncode": 33.602, "BaseResolution": 96, "BodyPartExamined": "BRAIN", "ConsistencyInfo": "N4_VD13A_LATEST_20120616", "ConversionSoftware": "dcm2niix", "ConversionSoftwareVersion": "v1.0.20210317", "DerivedVendorReportedEchoSpacing": 0.000620003, "DeviceSerialNumber": "45239", "DwellTime": 2.6e-06, "EchoTime": 0.03, "EchoTrainLength": 47, "EffectiveEchoSpacing": 0.000310001, "FlipAngle": 63, "ImageComments": "Unaliased MB4/PE3", "ImageOrientationPatientDICOM": [0.99988, -0.0016182, -0.0153832, -0.00665733, 0.85267, -0.522408], "ImageType": ["ORIGINAL", "PRIMARY", "M", "ND", "NORM", "MOSAIC"], "ImagingFrequency": 123.193, "InPlanePhaseEncodingDirectionDICOM": "COL", "InstitutionAddress": "E 24th St. 100,Austin,Southmiddle,US,78712", "InstitutionName": "Univ of Texas at Austin", "InstitutionalDepartmentName": "IRC", "MRAcquisitionType": "2D", "MagneticFieldStrength": 3, "Manufacturer": "Siemens", "ManufacturersModelName": "Skyra", "Modality": "MR", "MultibandAccelerationFactor": 4, "ParallelReductionFactorInPlane": 2, "PartialFourier": 1, "PatientPosition": "HFS", "PercentPhaseFOV": 100, "PercentSampling": 100, "PhaseEncodingDirection": "j-", "PhaseEncodingSteps": 95, "PhaseResolution": 1, "PixelBandwidth": 2005, "ProcedureStepDescription": "Poldrack2^self-scanning", "ProtocolName": "faces_localizer-run1", "PulseSequenceDetails": "%CustomerSeq%\\cmrr_mbep2d_bold", "ReceiveCoilActiveElements": "HEA;HEP", "ReceiveCoilName": "Head_32", "ReconMatrixPE": 96, "RefLinesPE": 48, "RepetitionTime": 1.16, "SAR": 0.118183, "ScanOptions": "FS", "ScanningSequence": "EP", "SequenceName": "epfid2d1_96", "SequenceVariant": "SK", "SeriesDescription": "faces_localizer-run1", "SeriesNumber": 8, "ShimSetting": [-2779, 8044, -15492, -120, -344, 207, 153, 0], "SliceThickness": 2, "SliceTiming": [0, 0.4975, 0.9975, 0.355, 0.855, 0.2125, 0.7125, 0.0725, 0.57, 1.0675, 0.4275, 0.925, 0.285, 0.7825, 0.1425, 0.64, 0, 0.4975, 0.9975, 0.355, 0.855, 0.2125, 0.7125, 0.0725, 0.57, 1.0675, 0.4275, 0.925, 0.285, 0.7825, 0.1425, 0.64, 0, 0.4975, 0.9975, 0.355, 0.855, 0.2125, 0.7125, 0.0725, 0.57, 1.0675, 0.4275, 0.925, 0.285, 0.7825, 0.1425, 0.64, 0, 0.4975, 0.9975, 0.355, 0.855, 0.2125, 0.7125, 0.0725, 0.57, 1.0675, 0.4275, 0.925, 0.285, 0.7825, 0.1425, 0.64], "SoftwareVersions": "syngo MR D13", "SpacingBetweenSlices": 2.4, "StationName": "AWP45239", "TaskName": "Object recognition task", "TotalReadoutTime": 0.0294501, "TxRefAmp": 340.361, "WipMemBlock": "2695a089-961d-4f1f-b624-395a7143e642||Sequence: vd13a/R010 r/fd129fc; Dec 13 2013 16:14:27 by eja", "dcmmeta_affine": [[-2.3955466747283936, -0.01594984345138073, -0.03350924700498581, 116.04380798339844], [0.0038769450038671494, 2.0428547859191895, -1.2538743019104004, -79.4041748046875], [-0.03685567528009415, 1.2516018152236938, 2.0461368560791016, -82.49705505371094], [0.0, 0.0, 0.0, 1.0]], "dcmmeta_reorient_transform": [[0.0, -1.0, 0.0, 95.0], [1.0, 0.0, 0.0, 0.0], [0.0, 0.0, 1.0, 0.0], [0.0, 0.0, 0.0, 1.0]], "dcmmeta_shape": [96, 96, 64, 270], "dcmmeta_slice_dim": 2, "dcmmeta_version": 0.6, "global": {"const": {"AcquisitionMatrix": [96, 0, 0, 96], "AngioFlag": "N", "BitsAllocated": 16, "BitsStored": 16, "BodyPartExamined": "BRAIN", "Columns": 768, "DeidentificationMethodCodeSequence": [{"CodeMeaning": "XNAT Edit Script", "CodeValue": "93", "CodingSchemeDesignator": "XNAT", "CodingSchemeVersion": "0.1"}], "EchoNumbers": 1, "EchoTime": 30.0, "EchoTrainLength": 47, "FlipAngle": 63.0, "HighBit": 15, "ImageOrientationPatient": [0.99988036152186, -0.0016182031566, -0.0153832396281, -0.0066573265337, 0.85266984088003, -0.5224077166898], "ImagePositionPatient": [-914.07308635755, -799.76357562792, 469.32681981819], "ImageType": ["ORIGINAL", "PRIMARY", "M", "ND", "NORM", "MOSAIC"], "ImagedNucleus": "1H", "ImagingFrequency": 123.192902, "InPlanePhaseEncodingDirection": "COL", "MRAcquisitionType": "2D", "MagneticFieldStrength": 3.0, "Manufacturer": "SIEMENS", "ManufacturerModelName": "Skyra", "Modality": "MR", "NumberOfAverages": 1.0, "NumberOfPhaseEncodingSteps": 95, "PercentPhaseFieldOfView": 100.0, "PercentSampling": 100.0, "PerformedProcedureStepStartTime": "071749.189000", "PhotometricInterpretation": "MONOCHROME2", "PixelBandwidth": 2005.0, "PixelRepresentation": 0, "PixelSpacing": [2.3958332538605, 2.3958332538605], "ProtocolName": "faces_localizer-run1", "RepetitionTime": 1160.0, "Rows": 768, "SAR": 0.11818312329546, "SamplesPerPixel": 1, "ScanOptions": "FS", "ScanningSequence": "EP", "SequenceName": "epfid2d1_96", "SequenceVariant": "SK", "SeriesDescription": "faces_localizer-run1", "SeriesNumber": 8, "SeriesTime": "074754.379000", "SliceLocation": -30.469149936862, "SliceThickness": 2.0, "SmallestImagePixelValue": 0, "SoftwareVersions": "syngo MR D13", "SpacingBetweenSlices": 2.3999999863073, "SpecificCharacterSet": "ISO_IR 100", "StudyID": "1", "StudyTime": "071749.112000", "TransmitCoilName": "Body", "VariableFlipAngleFlag": "N", "WindowCenterWidthExplanation": "Algo1", "dBdt": 0.0}, "slices": {}}, "time": {"samples": {"AcquisitionNumber": [1, 2, 3, 4, 5, 6, 7, 8, 9, 10, 11, 12, 13, 14, 15, 16, 17, 18, 19, 20, 21, 22, 23, 24, 25, 26, 27, 28, 29, 30, 31, 32, 33, 34, 35, 36, 37, 38, 39, 40, 41, 42, 43, 44, 45, 46, 47, 48, 49, 50, 51, 52, 53, 54, 55, 56, 57, 58, 59, 60, 61, 62, 63, 64, 65, 66, 67, 68, 69, 70, 71, 72, 73, 74, 75, 76, 77, 78, 79, 80, 81, 82, 83, 84, 85, 86, 87, 88, 89, 90, 91, 92, 93, 94, 95, 96, 97, 98, 99, 100, 101, 102, 103, 104, 105, 106, 107, 108, 109, 110, 111, 112, 113, 114, 115, 116, 117, 118, 119, 120, 121, 122, 123, 124, 125, 126, 127, 128, 129, 130, 131, 132, 133, 134, 135, 136, 137, 138, 139, 140, 141, 142, 143, 144, 145, 146, 147, 148, 149, 150, 151, 152, 153, 154, 155, 156, 157, 158, 159, 160, 161, 162, 163, 164, 165, 166, 167, 168, 169, 170, 171, 172, 173, 174, 175, 176, 177, 178, 179, 180, 181, 182, 183, 184, 185, 186, 187, 188, 189, 190, 191, 192, 193, 194, 195, 196, 197, 198, 199, 200, 201, 202, 203, 204, 205, 206, 207, 208, 209, 210, 211, 212, 213, 214, 215, 216, 217, 218, 219, 220, 221, 222, 223, 224, 225, 226, 227, 228, 229, 230, 231, 232, 233, 234, 235, 236, 237, 238, 239, 240, 241, 242, 243, 244, 245, 246, 247, 248, 249, 250, 251, 252, 253, 254, 255, 256, 257, 258, 259, 260, 261, 262, 263, 264, 265, 266, 267, 268, 269, 270], "AcquisitionTime": ["074710.015000", "074716.955000", "074718.115000", "074719.275000", "074720.435000", "074721.595000", "074722.755000", "074723.915000", "074725.075000", "074726.235000", "074727.395000", "074728.555000", "074729.715000", "074730.875000", "074732.035000", "074733.195000", "074734.355000", "074735.515000", "074736.675000", "074737.835000", "074738.995000", "074740.155000", "074741.315000", "074742.475000", "074743.635000", "074744.795000", "074745.955000", "074747.115000", "074748.275000", "074749.435000", "074750.595000", "074751.755000", "074752.915000", "074754.075000", "074755.235000", "074756.395000", "074757.555000", "074758.715000", "074759.875000", "074801.035000", "074802.195000", "074803.355000", "074804.515000", "074805.675000", "074806.835000", "074807.995000", "074809.155000", "074810.315000", "074811.475000", "074812.635000", "074813.795000", "074814.955000", "074816.115000", "074817.275000", "074818.435000", "074819.595000", "074820.755000", "074821.915000", "074823.075000", "074824.235000", "074825.395000", "074826.555000", "074827.715000", "074828.875000", "074830.035000", "074831.195000", "074832.355000", "074833.515000", "074834.675000", "074835.835000", "074836.995000", "074838.155000", "074839.315000", "074840.475000", "074841.635000", "074842.795000", "074843.955000", "074845.115000", "074846.275000", "074847.435000", "074848.595000", "074849.755000", "074850.915000", "074852.075000", "074853.235000", "074854.395000", "074855.555000", "074856.715000", "074857.875000", "074859.035000", "074900.195000", "074901.355000", "074902.515000", "074903.675000", "074904.835000", "074905.995000", "074907.155000", "074908.315000", "074909.475000", "074910.635000", "074911.795000", "074912.955000", "074914.115000", "074915.275000", "074916.435000", "074917.595000", "074918.755000", "074919.915000", "074921.075000", "074922.235000", "074923.395000", "074924.555000", "074925.715000", "074926.875000", "074928.035000", "074929.195000", "074930.355000", "074931.515000", "074932.675000", "074933.835000", "074934.995000", "074936.155000", "074937.315000", "074938.475000", "074939.637500", "074940.797500", "074941.957500", "074943.117500", "074944.277500", "074945.437500", "074946.597500", "074947.757500", "074948.917500", "074950.077500", "074951.237500", "074952.397500", "074953.557500", "074954.717500", "074955.877500", "074957.037500", "074958.197500", "074959.357500", "075000.517500", "075001.677500", "075002.837500", "075003.997500", "075005.157500", "075006.317500", "075007.477500", "075008.637500", "075009.797500", "075010.957500", "075012.117500", "075013.277500", "075014.437500", "075015.597500", "075016.757500", "075017.917500", "075019.077500", "075020.237500", "075021.397500", "075022.557500", "075023.717500", "075024.877500", "075026.037500", "075027.197500", "075028.357500", "075029.517500", "075030.677500", "075031.837500", "075032.997500", "075034.157500", "075035.317500", "075036.477500", "075037.637500", "075038.797500", "075039.957500", "075041.117500", "075042.277500", "075043.437500", "075044.597500", "075045.757500", "075046.917500", "075048.077500", "075049.237500", "075050.397500", "075051.557500", "075052.717500", "075053.877500", "075055.037500", "075056.197500", "075057.357500", "075058.517500", "075059.677500", "075100.837500", "075101.997500", "075103.157500", "075104.317500", "075105.477500", "075106.637500", "075107.797500", "075108.957500", "075110.117500", "075111.277500", "075112.437500", "075113.597500", "075114.757500", "075115.917500", "075117.077500", "075118.237500", "075119.397500", "075120.557500", "075121.717500", "075122.877500", "075124.037500", "075125.197500", "075126.357500", "075127.517500", "075128.677500", "075129.837500", "075130.997500", "075132.157500", "075133.317500", "075134.477500", "075135.637500", "075136.797500", "075137.957500", "075139.117500", "075140.277500", "075141.437500", "075142.597500", "075143.757500", "075144.917500", "075146.077500", "075147.237500", "075148.397500", "075149.557500", "075150.717500", "075151.877500", "075153.037500", "075154.197500", "075155.357500", "075156.517500", "075157.677500", "075158.837500", "075159.997500", "075201.157500", "075202.317500", "075203.477500", "075204.637500", "075205.797500", "075206.957500", "075208.117500", "075209.277500", "075210.437500", "075211.597500", "075212.757500", "075213.917500", "075215.077500", "075216.237500", "075217.397500", "075218.557500", "075219.717500", "075220.877500", "075222.037500", "075223.197500", "075224.357500", "075225.517500", "075226.677500", "075227.837500"], "ContentTime": ["074754.384000", "074754.388000", "074754.392000", "074754.396000", "074754.399000", "074754.404000", "074754.408000", "074754.411000", "074754.415000", "074754.419000", "074754.423000", "074754.427000", "074754.431000", "074754.435000", "074754.438000", "074754.442000", "074754.446000", "074754.449000", "074754.453000", "074754.457000", "074754.460000", "074754.464000", "074754.468000", "074754.472000", "074754.475000", "074754.479000", "074754.485000", "074754.488000", "074814.332000", "074814.336000", "074814.340000", "074814.344000", "074814.347000", "074814.351000", "074814.355000", "074814.358000", "074814.371000", "074814.375000", "074814.380000", "074814.384000", "074814.389000", "074814.393000", "074814.397000", "074814.402000", "074814.412000", "074814.416000", "074814.420000", "074814.424000", "074854.332000", "074854.337000", "074854.340000", "074854.344000", "074854.352000", "074854.356000", "074854.360000", "074854.363000", "074854.367000", "074854.371000", "074854.374000", "074854.378000", "074854.382000", "074854.385000", "074854.389000", "074854.393000", "074854.397000", "074854.400000", "074854.404000", "074854.408000", "074854.412000", "074854.416000", "074854.419000", "074854.423000", "074854.427000", "074854.431000", "074854.435000", "074854.439000", "074854.443000", "074854.447000", "074854.451000", "074854.455000", "074854.460000", "074854.464000", "074854.469000", "074934.333000", "074934.338000", "074934.341000", "074934.345000", "074934.349000", "074934.353000", "074934.357000", "074934.361000", "074934.365000", "074934.369000", "074934.373000", "074934.377000", "074934.381000", "074934.385000", "074934.389000", "074934.401000", "074934.405000", "074934.410000", "074934.414000", "074934.418000", "074934.422000", "074934.426000", "074934.430000", "074934.434000", "074934.438000", "074934.442000", "074934.446000", "074934.450000", "074934.454000", "074934.458000", "074934.462000", "074934.466000", "074934.470000", "074934.474000", "074934.478000", "074954.333000", "074954.338000", "074954.341000", "074954.345000", "074954.353000", "074954.363000", "074954.367000", "074954.371000", "074954.375000", "074954.379000", "074954.383000", "074954.387000", "074954.391000", "074954.395000", "074954.399000", "074954.402000", "074954.407000", "075034.334000", "075034.338000", "075034.342000", "075034.346000", "075034.352000", "075034.357000", "075034.360000", "075034.364000", "075034.367000", "075034.376000", "075034.380000", "075034.384000", "075034.388000", "075034.393000", "075034.397000", "075034.400000", "075034.405000", "075034.408000", "075034.412000", "075034.416000", "075034.420000", "075034.424000", "075034.428000", "075034.432000", "075034.436000", "075034.440000", "075034.445000", "075034.449000", "075034.453000", "075034.459000", "075034.462000", "075034.466000", "075034.470000", "075034.475000", "075114.334000", "075114.339000", "075114.343000", "075114.347000", "075114.351000", "075114.355000", "075114.359000", "075114.363000", "075114.367000", "075114.371000", "075114.375000", "075114.379000", "075114.383000", "075114.387000", "075114.391000", "075114.395000", "075114.399000", "075114.403000", "075114.407000", "075114.411000", "075114.415000", "075114.419000", "075114.423000", "075114.427000", "075114.431000", "075114.435000", "075114.439000", "075114.442000", "075114.446000", "075114.450000", "075114.453000", "075114.457000", "075114.461000", "075114.465000", "075114.469000", "075154.334000", "075154.338000", "075154.342000", "075154.346000", "075154.350000", "075154.354000", "075154.358000", "075154.361000", "075154.365000", "075154.369000", "075154.373000", "075154.376000", "075154.380000", "075154.384000", "075154.388000", "075154.391000", "075154.396000", "075154.399000", "075154.403000", "075154.407000", "075154.412000", "075154.415000", "075154.419000", "075154.422000", "075154.426000", "075154.430000", "075154.434000", "075154.438000", "075154.442000", "075154.446000", "075154.450000", "075154.455000", "075154.459000", "075154.463000", "075230.299000", "075230.304000", "075230.308000", "075230.312000", "075230.316000", "075230.319000", "075230.324000", "075230.328000", "075230.332000", "075230.335000", "075230.340000", "075230.344000", "075230.348000", "075230.352000", "075230.356000", "075230.360000", "075230.363000", "075230.367000", "075230.372000", "075230.376000", "075230.380000", "075230.385000", "075230.390000", "075230.393000", "075230.398000", "075230.403000", "075230.407000", "075230.411000", "075230.415000", "075230.419000", "075230.424000", "075230.428000"], "InstanceCreationTime": ["074754.384000", "074754.388000", "074754.392000", "074754.396000", "074754.399000", "074754.404000", "074754.408000", "074754.411000", "074754.415000", "074754.419000", "074754.423000", "074754.427000", "074754.431000", "074754.435000", "074754.438000", "074754.442000", "074754.446000", "074754.449000", "074754.453000", "074754.457000", "074754.460000", "074754.464000", "074754.468000", "074754.472000", "074754.475000", "074754.479000", "074754.485000", "074754.488000", "074814.332000", "074814.336000", "074814.340000", "074814.344000", "074814.347000", "074814.351000", "074814.355000", "074814.358000", "074814.371000", "074814.375000", "074814.380000", "074814.384000", "074814.389000", "074814.393000", "074814.397000", "074814.402000", "074814.412000", "074814.416000", "074814.420000", "074814.424000", "074854.332000", "074854.337000", "074854.340000", "074854.344000", "074854.352000", "074854.356000", "074854.360000", "074854.363000", "074854.367000", "074854.371000", "074854.374000", "074854.378000", "074854.382000", "074854.385000", "074854.389000", "074854.393000", "074854.397000", "074854.400000", "074854.404000", "074854.408000", "074854.412000", "074854.416000", "074854.419000", "074854.423000", "074854.427000", "074854.431000", "074854.435000", "074854.439000", "074854.443000", "074854.447000", "074854.451000", "074854.455000", "074854.460000", "074854.464000", "074854.469000", "074934.333000", "074934.338000", "074934.341000", "074934.345000", "074934.349000", "074934.353000", "074934.357000", "074934.361000", "074934.365000", "074934.369000", "074934.373000", "074934.377000", "074934.381000", "074934.385000", "074934.389000", "074934.401000", "074934.405000", "074934.410000", "074934.414000", "074934.418000", "074934.422000", "074934.426000", "074934.430000", "074934.434000", "074934.438000", "074934.442000", "074934.446000", "074934.450000", "074934.454000", "074934.458000", "074934.462000", "074934.466000", "074934.470000", "074934.474000", "074934.478000", "074954.333000", "074954.338000", "074954.341000", "074954.345000", "074954.353000", "074954.363000", "074954.367000", "074954.371000", "074954.375000", "074954.379000", "074954.383000", "074954.387000", "074954.391000", "074954.395000", "074954.399000", "074954.402000", "074954.407000", "075034.334000", "075034.338000", "075034.342000", "075034.346000", "075034.352000", "075034.357000", "075034.360000", "075034.364000", "075034.367000", "075034.376000", "075034.380000", "075034.384000", "075034.388000", "075034.393000", "075034.397000", "075034.400000", "075034.405000", "075034.408000", "075034.412000", "075034.416000", "075034.420000", "075034.424000", "075034.428000", "075034.432000", "075034.436000", "075034.440000", "075034.445000", "075034.449000", "075034.453000", "075034.459000", "075034.462000", "075034.466000", "075034.470000", "075034.475000", "075114.334000", "075114.339000", "075114.343000", "075114.347000", "075114.351000", "075114.355000", "075114.359000", "075114.363000", "075114.367000", "075114.371000", "075114.375000", "075114.379000", "075114.383000", "075114.387000", "075114.391000", "075114.395000", "075114.399000", "075114.403000", "075114.407000", "075114.411000", "075114.415000", "075114.419000", "075114.423000", "075114.427000", "075114.431000", "075114.435000", "075114.439000", "075114.442000", "075114.446000", "075114.450000", "075114.453000", "075114.457000", "075114.461000", "075114.465000", "075114.469000", "075154.334000", "075154.338000", "075154.342000", "075154.346000", "075154.350000", "075154.354000", "075154.358000", "075154.361000", "075154.365000", "075154.369000", "075154.373000", "075154.376000", "075154.380000", "075154.384000", "075154.388000", "075154.391000", "075154.396000", "075154.399000", "075154.403000", "075154.407000", "075154.412000", "075154.415000", "075154.419000", "075154.422000", "075154.426000", "075154.430000", "075154.434000", "075154.438000", "075154.442000", "075154.446000", "075154.450000", "075154.455000", "075154.459000", "075154.463000", "075230.299000", "075230.304000", "075230.308000", "075230.312000", "075230.316000", "075230.319000", "075230.324000", "075230.328000", "075230.332000", "075230.335000", "075230.340000", "075230.344000", "075230.348000", "075230.352000", "075230.356000", "075230.360000", "075230.363000", "075230.367000", "075230.372000", "075230.376000", "075230.380000", "075230.385000", "075230.390000", "075230.393000", "075230.398000", "075230.403000", "075230.407000", "075230.411000", "075230.415000", "075230.419000", "075230.424000", "075230.428000"], "InstanceNumber": [1, 2, 3, 4, 5, 6, 7, 8, 9, 10, 11, 12, 13, 14, 15, 16, 17, 18, 19, 20, 21, 22, 23, 24, 25, 26, 27, 28, 29, 30, 31, 32, 33, 34, 35, 36, 37, 38, 39, 40, 41, 42, 43, 44, 45, 46, 47, 48, 49, 50, 51, 52, 53, 54, 55, 56, 57, 58, 59, 60, 61, 62, 63, 64, 65, 66, 67, 68, 69, 70, 71, 72, 73, 74, 75, 76, 77, 78, 79, 80, 81, 82, 83, 84, 85, 86, 87, 88, 89, 90, 91, 92, 93, 94, 95, 96, 97, 98, 99, 100, 101, 102, 103, 104, 105, 106, 107, 108, 109, 110, 111, 112, 113, 114, 115, 116, 117, 118, 119, 120, 121, 122, 123, 124, 125, 126, 127, 128, 129, 130, 131, 132, 133, 134, 135, 136, 137, 138, 139, 140, 141, 142, 143, 144, 145, 146, 147, 148, 149, 150, 151, 152, 153, 154, 155, 156, 157, 158, 159, 160, 161, 162, 163, 164, 165, 166, 167, 168, 169, 170, 171, 172, 173, 174, 175, 176, 177, 178, 179, 180, 181, 182, 183, 184, 185, 186, 187, 188, 189, 190, 191, 192, 193, 194, 195, 196, 197, 198, 199, 200, 201, 202, 203, 204, 205, 206, 207, 208, 209, 210, 211, 212, 213, 214, 215, 216, 217, 218, 219, 220, 221, 222, 223, 224, 225, 226, 227, 228, 229, 230, 231, 232, 233, 234, 235, 236, 237, 238, 239, 240, 241, 242, 243, 244, 245, 246, 247, 248, 249, 250, 251, 252, 253, 254, 255, 256, 257, 258, 259, 260, 261, 262, 263, 264, 265, 266, 267, 268, 269, 270], "LargestImagePixelValue": [37879, 31430, 32536, 31010, 31096, 30556, 30427, 30512, 36311, 30936, 33032, 37572, 30057, 30841, 38136, 35552, 34042, 31701, 30486, 38491, 34286, 40719, 33152, 35731, 30563, 39499, 37988, 34850, 37439, 30616, 30452, 32586, 31064, 32803, 39284, 30892, 31087, 38875, 31092, 30756, 33184, 31067, 33799, 40627, 31630, 30909, 33523, 30963, 38358, 35604, 34274, 31403, 36106, 36649, 30791, 32573, 31085, 31308, 37459, 34027, 33638, 39459, 30831, 37857, 34217, 35808, 34980, 32307, 38121, 32795, 39075, 34463, 35498, 30400, 30381, 34172, 30646, 39722, 31006, 30644, 31929, 39002, 34352, 39697, 35562, 30513, 30753, 30836, 37017, 33581, 39820, 30595, 37588, 30701, 33209, 30756, 30907, 30609, 39030, 34618, 34067, 30978, 30710, 32501, 38781, 30371, 30708, 30814, 35494, 30299, 35124, 30481, 38085, 30528, 38977, 33835, 30723, 30547, 40067, 30669, 39000, 34865, 33722, 30618, 30623, 34277, 34098, 31680, 30177, 37980, 31517, 37437, 31060, 37605, 30222, 32888, 30539, 37373, 30559, 40627, 30485, 30329, 30602, 30363, 30455, 32793, 39018, 31108, 41345, 33885, 38402, 30581, 36750, 30433, 34394, 31574, 41984, 30345, 37780, 32420, 38393, 30679, 30429, 30349, 30618, 39107, 30227, 30521, 39108, 30390, 39748, 31203, 30467, 30550, 32192, 30801, 33655, 30560, 30456, 38296, 33840, 33821, 30525, 39525, 30455, 31303, 30531, 31316, 39792, 37464, 40110, 33849, 39019, 31371, 31640, 32607, 31903, 39988, 32520, 37997, 31857, 38033, 30170, 30330, 30296, 33966, 30116, 34052, 30230, 33373, 39327, 30669, 33687, 30695, 30309, 31891, 39396, 35076, 30303, 30244, 30399, 30045, 30254, 38887, 31689, 30640, 33726, 29949, 30558, 31277, 39506, 34225, 32343, 38478, 31572, 33184, 32539, 30116, 39680, 33908, 32217, 33582, 34491, 34325, 31148, 38469, 30016, 39056, 29801, 37949, 31404, 31905, 36677, 31426, 34320, 29330, 29815, 34350, 40126, 33287, 29800, 29724, 39341, 30939, 33590, 30734, 38250, 31829, 37347, 34722], "WindowCenter": [11074.0, 11038.0, 11032.0, 11038.0, 11042.0, 11058.0, 11062.0, 11052.0, 11069.0, 11061.0, 11063.0, 11065.0, 11023.0, 11032.0, 11037.0, 11040.0, 11027.0, 11036.0, 11031.0, 11057.0, 11038.0, 11049.0, 11035.0, 11031.0, 11014.0, 11021.0, 11017.0, 11001.0, 11021.0, 11008.0, 11009.0, 11009.0, 11010.0, 11020.0, 11041.0, 11018.0, 11011.0, 11032.0, 11005.0, 11007.0, 11019.0, 11006.0, 11019.0, 11047.0, 11010.0, 11027.0, 11036.0, 11017.0, 11037.0, 11022.0, 11022.0, 11018.0, 11025.0, 11029.0, 11012.0, 11025.0, 11018.0, 11036.0, 11055.0, 11047.0, 11049.0, 11056.0, 11025.0, 11034.0, 11018.0, 11032.0, 11028.0, 11027.0, 11052.0, 11026.0, 11040.0, 11032.0, 11032.0, 11029.0, 11025.0, 11032.0, 11016.0, 11060.0, 11035.0, 11029.0, 11032.0, 11032.0, 11022.0, 11028.0, 11027.0, 11008.0, 11018.0, 11013.0, 11024.0, 11005.0, 11026.0, 11007.0, 11034.0, 11004.0, 11000.0, 11002.0, 11010.0, 11020.0, 11049.0, 11035.0, 11024.0, 11003.0, 11005.0, 11018.0, 11026.0, 11005.0, 10996.0, 11008.0, 11025.0, 11006.0, 11025.0, 11014.0, 11038.0, 11016.0, 11040.0, 11027.0, 11026.0, 11025.0, 11036.0, 11009.0, 11019.0, 11023.0, 11010.0, 11009.0, 11005.0, 11009.0, 11013.0, 11006.0, 11011.0, 11046.0, 11029.0, 11035.0, 11007.0, 11034.0, 11005.0, 11024.0, 11023.0, 11047.0, 11006.0, 11036.0, 11007.0, 11011.0, 11019.0, 11018.0, 11023.0, 11013.0, 11040.0, 11015.0, 11045.0, 11025.0, 11017.0, 10985.0, 11012.0, 11010.0, 11021.0, 11011.0, 11049.0, 11013.0, 11032.0, 11020.0, 11032.0, 11008.0, 11025.0, 11027.0, 11028.0, 11061.0, 11027.0, 11033.0, 11052.0, 11013.0, 11033.0, 11018.0, 10997.0, 11006.0, 11008.0, 10996.0, 11005.0, 11002.0, 11007.0, 11031.0, 11013.0, 11013.0, 10999.0, 11042.0, 11002.0, 11030.0, 11025.0, 11018.0, 11046.0, 11040.0, 11044.0, 11016.0, 11030.0, 11005.0, 11003.0, 11004.0, 11000.0, 11028.0, 11008.0, 11024.0, 11008.0, 11034.0, 10997.0, 10989.0, 11012.0, 11022.0, 11007.0, 11019.0, 11007.0, 10996.0, 11023.0, 10999.0, 11012.0, 11007.0, 10996.0, 11011.0, 11030.0, 11013.0, 10982.0, 11003.0, 10997.0, 11008.0, 11010.0, 11038.0, 11019.0, 11007.0, 11015.0, 11006.0, 11016.0, 11034.0, 11054.0, 11039.0, 11015.0, 11029.0, 11008.0, 11026.0, 11013.0, 11000.0, 11028.0, 11026.0, 11022.0, 11031.0, 11025.0, 11013.0, 11005.0, 11029.0, 10993.0, 11027.0, 10995.0, 11025.0, 10994.0, 10988.0, 11008.0, 11007.0, 11027.0, 11011.0, 11014.0, 11036.0, 11044.0, 11023.0, 10997.0, 11013.0, 11058.0, 11037.0, 11044.0, 11023.0, 11043.0, 11024.0, 11037.0, 11045.0], "WindowWidth": [23784.0, 23675.0, 23656.0, 23670.0, 23679.0, 23714.0, 23731.0, 23703.0, 23748.0, 23721.0, 23729.0, 23729.0, 23629.0, 23638.0, 23659.0, 23662.0, 23639.0, 23659.0, 23652.0, 23709.0, 23659.0, 23691.0, 23648.0, 23641.0, 23595.0, 23623.0, 23607.0, 23575.0, 23618.0, 23585.0, 23586.0, 23591.0, 23590.0, 23605.0, 23666.0, 23610.0, 23591.0, 23639.0, 23575.0, 23578.0, 23608.0, 23581.0, 23614.0, 23677.0, 23592.0, 23635.0, 23654.0, 23608.0, 23654.0, 23619.0, 23617.0, 23605.0, 23624.0, 23630.0, 23596.0, 23627.0, 23611.0, 23655.0, 23705.0, 23683.0, 23687.0, 23696.0, 23621.0, 23643.0, 23606.0, 23644.0, 23635.0, 23633.0, 23693.0, 23629.0, 23664.0, 23643.0, 23640.0, 23625.0, 23628.0, 23643.0, 23605.0, 23707.0, 23645.0, 23646.0, 23644.0, 23645.0, 23608.0, 23630.0, 23627.0, 23583.0, 23607.0, 23595.0, 23623.0, 23581.0, 23626.0, 23574.0, 23643.0, 23573.0, 23564.0, 23567.0, 23590.0, 23617.0, 23686.0, 23649.0, 23620.0, 23570.0, 23575.0, 23606.0, 23626.0, 23578.0, 23554.0, 23576.0, 23622.0, 23579.0, 23628.0, 23600.0, 23658.0, 23600.0, 23664.0, 23629.0, 23620.0, 23619.0, 23654.0, 23577.0, 23618.0, 23620.0, 23589.0, 23587.0, 23575.0, 23585.0, 23595.0, 23581.0, 23589.0, 23684.0, 23636.0, 23648.0, 23584.0, 23645.0, 23576.0, 23622.0, 23619.0, 23676.0, 23576.0, 23654.0, 23580.0, 23589.0, 23614.0, 23611.0, 23611.0, 23600.0, 23663.0, 23598.0, 23674.0, 23621.0, 23604.0, 23532.0, 23597.0, 23584.0, 23611.0, 23589.0, 23686.0, 23595.0, 23642.0, 23612.0, 23641.0, 23582.0, 23627.0, 23628.0, 23631.0, 23710.0, 23630.0, 23642.0, 23689.0, 23599.0, 23650.0, 23606.0, 23560.0, 23576.0, 23580.0, 23548.0, 23576.0, 23569.0, 23578.0, 23646.0, 23601.0, 23594.0, 23560.0, 23656.0, 23571.0, 23635.0, 23628.0, 23608.0, 23671.0, 23659.0, 23662.0, 23594.0, 23634.0, 23577.0, 23570.0, 23570.0, 23564.0, 23635.0, 23582.0, 23619.0, 23578.0, 23640.0, 23553.0, 23533.0, 23587.0, 23611.0, 23576.0, 23609.0, 23575.0, 23554.0, 23614.0, 23561.0, 23598.0, 23576.0, 23559.0, 23590.0, 23634.0, 23592.0, 23523.0, 23574.0, 23563.0, 23580.0, 23586.0, 23658.0, 23607.0, 23582.0, 23602.0, 23577.0, 23609.0, 23651.0, 23697.0, 23656.0, 23605.0, 23635.0, 23585.0, 23627.0, 23594.0, 23561.0, 23633.0, 23623.0, 23618.0, 23640.0, 23623.0, 23596.0, 23571.0, 23639.0, 23553.0, 23628.0, 23548.0, 23623.0, 23550.0, 23538.0, 23587.0, 23578.0, 23631.0, 23587.0, 23597.0, 23650.0, 23674.0, 23620.0, 23562.0, 23601.0, 23702.0, 23650.0, 23670.0, 23618.0, 23667.0, 23622.0, 23656.0, 23665.0]}, "slices": {}}}