{"AcquisitionMatrixPE": 96, "AcquisitionNumber": 1, "AcquisitionTime": "07:34:55.460000", "BandwidthPerPixelPhaseEncode": 33.602, "BaseResolution": 96, "BodyPartExamined": "BRAIN", "ConsistencyInfo": "N4_VD11D_LATEST_20110129", "ConversionSoftware": "dcm2niix", "ConversionSoftwareVersion": "v1.0.20210317", "DerivedVendorReportedEchoSpacing": 0.000620003, "DeviceSerialNumber": "45239", "DwellTime": 2.6e-06, "EchoTime": 0.03, "EchoTrainLength": 48, "EffectiveEchoSpacing": 0.000310001, "FlipAngle": 63, "ImageComments": "Unaliased MB4/PE3", "ImageOrientationPatientDICOM": [0.999065, -0.00432886, 0.0430134, 0.0277422, 0.827279, -0.561106], "ImageType": ["ORIGINAL", "PRIMARY", "M", "ND", "NORM", "MOSAIC"], "ImagingFrequency": 123.193, "InPlanePhaseEncodingDirectionDICOM": "COL", "InstitutionAddress": "E 24th St. 100,Austin,Southmiddle,US,78712", "InstitutionName": "Univ of Texas at Austin", "InstitutionalDepartmentName": "IRC", "MRAcquisitionType": "2D", "MagneticFieldStrength": 3, "Manufacturer": "Siemens", "ManufacturersModelName": "Skyra", "Modality": "MR", "MultibandAccelerationFactor": 4, "ParallelReductionFactorInPlane": 2, "PartialFourier": 1, "PatientPosition": "HFS", "PercentPhaseFOV": 100, "PercentSampling": 100, "PhaseEncodingDirection": "j-", "PhaseEncodingSteps": 96, "PhaseResolution": 1, "PixelBandwidth": 2005, "ProcedureStepDescription": "Poldrack2^self-scanning", "ProtocolName": "Resting State fMRI MBEPI_matrix96_BW2004", "PulseSequenceDetails": "%CustomerSeq%\\cmrr_mbep2d_bold", "ReceiveCoilActiveElements": "HEA;HEP", "ReceiveCoilName": "Head_32", "ReconMatrixPE": 96, "RefLinesPE": 94, "RepetitionTime": 1.16, "SAR": 0.103503, "ScanOptions": "FS", "ScanningSequence": "EP", "SequenceName": "epfid2d1_96", "SequenceVariant": "SK", "SeriesDescription": "Resting State fMRI MBEPI_matrix96_BW2004", "SeriesNumber": 14, "ShimSetting": [-2774, 8076, -15491, 130, -208, 146, 191, -90], "SliceThickness": 2, "SliceTiming": [0, 0.4975, 0.9975, 0.355, 0.855, 0.2125, 0.7125, 0.07, 0.57, 1.0675, 0.4275, 0.925, 0.285, 0.7825, 0.1425, 0.64, 0, 0.4975, 0.9975, 0.355, 0.855, 0.2125, 0.7125, 0.07, 0.57, 1.0675, 0.4275, 0.925, 0.285, 0.7825, 0.1425, 0.64, 0, 0.4975, 0.9975, 0.355, 0.855, 0.2125, 0.7125, 0.07, 0.57, 1.0675, 0.4275, 0.925, 0.285, 0.7825, 0.1425, 0.64, 0, 0.4975, 0.9975, 0.355, 0.855, 0.2125, 0.7125, 0.07, 0.57, 1.0675, 0.4275, 0.925, 0.285, 0.7825, 0.1425, 0.64], "SoftwareVersions": "syngo MR D11", "SpacingBetweenSlices": 2.4, "StationName": "AWP45239", "TaskName": "Resting fmri", "TotalReadoutTime": 0.0294501, "TxRefAmp": 344.791, "WipMemBlock": "26d8c33b-d067-43c8-8281-c461911e31eb||Sequence: VD11D r195; Nov 21 2012 15:36:10 by eja", "dcmmeta_affine": [[-2.3935933113098145, 0.06646564602851868, 0.07957238703966141, 112.96101379394531], [0.010371223092079163, 1.982023000717163, -1.348258376121521, -72.15766906738281], [0.10305298864841461, 1.344315528869629, 1.983902096748352, -87.68968200683594], [0.0, 0.0, 0.0, 1.0]], "dcmmeta_reorient_transform": [[0.0, -1.0, 0.0, 95.0], [1.0, 0.0, 0.0, 0.0], [0.0, 0.0, 1.0, 0.0], [0.0, 0.0, 0.0, 1.0]], "dcmmeta_shape": [96, 96, 64, 518], "dcmmeta_slice_dim": 2, "dcmmeta_version": 0.6, "global": {"const": {"AcquisitionMatrix": [96, 0, 0, 96], "AngioFlag": "N", "BitsAllocated": 16, "BitsStored": 16, "BodyPartExamined": "BRAIN", "Columns": 768, "EchoNumbers": 1, "EchoTime": 30.0, "EchoTrainLength": 48, "FlipAngle": 63.0, "HighBit": 15, "ImageOrientationPatient": [0.99906511627898, -0.0043288586364, 0.04301342136326, 0.0277421829025, 0.82727918659806, -0.5611056217054], "ImagePositionPatient": [-945.85510141369, -778.60950633136, 457.08449623278], "ImageType": ["ORIGINAL", "PRIMARY", "M", "ND", "NORM", "MOSAIC"], "ImagedNucleus": "1H", "ImagingFrequency": 123.193407, "InPlanePhaseEncodingDirection": "COL", "MRAcquisitionType": "2D", "MagneticFieldStrength": 3.0, "Manufacturer": "SIEMENS", "ManufacturerModelName": "Skyra", "Modality": "MR", "NumberOfAverages": 1.0, "NumberOfPhaseEncodingSteps": 96, "PercentPhaseFieldOfView": 100.0, "PercentSampling": 100.0, "PerformedProcedureStepStartTime": "070945.703000", "PhotometricInterpretation": "MONOCHROME2", "PixelBandwidth": 2005.0, "PixelRepresentation": 0, "PixelSpacing": [2.3958332538605, 2.3958332538605], "ProtocolName": "Resting State fMRI MBEPI_matrix96_BW2004", "RepetitionTime": 1160.0, "Rows": 768, "SAR": 0.10350290670859, "SamplesPerPixel": 1, "ScanOptions": "FS", "ScanningSequence": "EP", "SequenceName": "epfid2d1_96", "SequenceVariant": "SK", "SeriesDescription": "Resting State fMRI MBEPI_matrix96_BW2004", "SeriesNumber": 14, "SeriesTime": "073538.687000", "SliceLocation": -28.204993806053, "SliceThickness": 2.0, "SmallestImagePixelValue": 0, "SoftwareVersions": "syngo MR D11", "SpacingBetweenSlices": 2.3999999617433, "SpecificCharacterSet": "ISO_IR 100", "StudyID": "1", "StudyTime": "070945.671000", "TransmitCoilName": "Body", "VariableFlipAngleFlag": "N", "WindowCenterWidthExplanation": "Algo1", "dBdt": 0.0}, "slices": {}}, "time": {"samples": {"AcquisitionNumber": [1, 2, 3, 4, 5, 6, 7, 8, 9, 10, 11, 12, 13, 14, 15, 16, 17, 18, 19, 20, 21, 22, 23, 24, 25, 26, 27, 28, 29, 30, 31, 32, 33, 34, 35, 36, 37, 38, 39, 40, 41, 42, 43, 44, 45, 46, 47, 48, 49, 50, 51, 52, 53, 54, 55, 56, 57, 58, 59, 60, 61, 62, 63, 64, 65, 66, 67, 68, 69, 70, 71, 72, 73, 74, 75, 76, 77, 78, 79, 80, 81, 82, 83, 84, 85, 86, 87, 88, 89, 90, 91, 92, 93, 94, 95, 96, 97, 98, 99, 100, 101, 102, 103, 104, 105, 106, 107, 108, 109, 110, 111, 112, 113, 114, 115, 116, 117, 118, 119, 120, 121, 122, 123, 124, 125, 126, 127, 128, 129, 130, 131, 132, 133, 134, 135, 136, 137, 138, 139, 140, 141, 142, 143, 144, 145, 146, 147, 148, 149, 150, 151, 152, 153, 154, 155, 156, 157, 158, 159, 160, 161, 162, 163, 164, 165, 166, 167, 168, 169, 170, 171, 172, 173, 174, 175, 176, 177, 178, 179, 180, 181, 182, 183, 184, 185, 186, 187, 188, 189, 190, 191, 192, 193, 194, 195, 196, 197, 198, 199, 200, 201, 202, 203, 204, 205, 206, 207, 208, 209, 210, 211, 212, 213, 214, 215, 216, 217, 218, 219, 220, 221, 222, 223, 224, 225, 226, 227, 228, 229, 230, 231, 232, 233, 234, 235, 236, 237, 238, 239, 240, 241, 242, 243, 244, 245, 246, 247, 248, 249, 250, 251, 252, 253, 254, 255, 256, 257, 258, 259, 260, 261, 262, 263, 264, 265, 266, 267, 268, 269, 270, 271, 272, 273, 274, 275, 276, 277, 278, 279, 280, 281, 282, 283, 284, 285, 286, 287, 288, 289, 290, 291, 292, 293, 294, 295, 296, 297, 298, 299, 300, 301, 302, 303, 304, 305, 306, 307, 308, 309, 310, 311, 312, 313, 314, 315, 316, 317, 318, 319, 320, 321, 322, 323, 324, 325, 326, 327, 328, 329, 330, 331, 332, 333, 334, 335, 336, 337, 338, 339, 340, 341, 342, 343, 344, 345, 346, 347, 348, 349, 350, 351, 352, 353, 354, 355, 356, 357, 358, 359, 360, 361, 362, 363, 364, 365, 366, 367, 368, 369, 370, 371, 372, 373, 374, 375, 376, 377, 378, 379, 380, 381, 382, 383, 384, 385, 386, 387, 388, 389, 390, 391, 392, 393, 394, 395, 396, 397, 398, 399, 400, 401, 402, 403, 404, 405, 406, 407, 408, 409, 410, 411, 412, 413, 414, 415, 416, 417, 418, 419, 420, 421, 422, 423, 424, 425, 426, 427, 428, 429, 430, 431, 432, 433, 434, 435, 436, 437, 438, 439, 440, 441, 442, 443, 444, 445, 446, 447, 448, 449, 450, 451, 452, 453, 454, 455, 456, 457, 458, 459, 460, 461, 462, 463, 464, 465, 466, 467, 468, 469, 470, 471, 472, 473, 474, 475, 476, 477, 478, 479, 480, 481, 482, 483, 484, 485, 486, 487, 488, 489, 490, 491, 492, 493, 494, 495, 496, 497, 498, 499, 500, 501, 502, 503, 504, 505, 506, 507, 508, 509, 510, 511, 512, 513, 514, 515, 516, 517, 518], "AcquisitionTime": ["073455.460000", "073524.460000", "073525.620000", "073526.780000", "073527.940000", "073529.100000", "073530.260000", "073531.420000", "073532.580000", "073533.740000", "073534.900000", "073536.060000", "073537.220000", "073538.380000", "073539.540000", "073540.700000", "073541.860000", "073543.020000", "073544.180000", "073545.340000", "073546.500000", "073547.660000", "073548.820000", "073549.980000", "073551.140000", "073552.300000", "073553.460000", "073554.620000", "073555.780000", "073556.940000", "073558.100000", "073559.260000", "073600.420000", "073601.580000", "073602.740000", "073603.900000", "073605.060000", "073606.220000", "073607.380000", "073608.540000", "073609.700000", "073610.860000", "073612.020000", "073613.180000", "073614.340000", "073615.500000", "073616.660000", "073617.820000", "073618.980000", "073620.140000", "073621.300000", "073622.460000", "073623.620000", "073624.780000", "073625.940000", "073627.100000", "073628.260000", "073629.420000", "073630.580000", "073631.740000", "073632.900000", "073634.060000", "073635.220000", "073636.380000", "073637.540000", "073638.700000", "073639.860000", "073641.020000", "073642.180000", "073643.340000", "073644.500000", "073645.660000", "073646.820000", "073647.980000", "073649.140000", "073650.300000", "073651.460000", "073652.620000", "073653.780000", "073654.940000", "073656.100000", "073657.260000", "073658.420000", "073659.580000", "073700.740000", "073701.900000", "073703.060000", "073704.220000", "073705.380000", "073706.540000", "073707.700000", "073708.860000", "073710.020000", "073711.180000", "073712.340000", "073713.500000", "073714.660000", "073715.820000", "073716.980000", "073718.140000", "073719.300000", "073720.460000", "073721.620000", "073722.780000", "073723.940000", "073725.100000", "073726.260000", "073727.420000", "073728.580000", "073729.740000", "073730.900000", "073732.060000", "073733.220000", "073734.380000", "073735.540000", "073736.700000", "073737.860000", "073739.020000", "073740.180000", "073741.340000", "073742.500000", "073743.660000", "073744.820000", "073745.980000", "073747.140000", "073748.300000", "073749.460000", "073750.620000", "073751.780000", "073752.940000", "073754.100000", "073755.260000", "073756.420000", "073757.580000", "073758.740000", "073759.900000", "073801.062500", "073802.222500", "073803.382500", "073804.542500", "073805.702500", "073806.862500", "073808.022500", "073809.182500", "073810.342500", "073811.502500", "073812.662500", "073813.822500", "073814.982500", "073816.142500", "073817.302500", "073818.462500", "073819.622500", "073820.782500", "073821.942500", "073823.102500", "073824.262500", "073825.422500", "073826.582500", "073827.742500", "073828.902500", "073830.062500", "073831.222500", "073832.382500", "073833.542500", "073834.702500", "073835.862500", "073837.022500", "073838.182500", "073839.342500", "073840.502500", "073841.662500", "073842.822500", "073843.982500", "073845.142500", "073846.302500", "073847.462500", "073848.622500", "073849.782500", "073850.942500", "073852.102500", "073853.262500", "073854.422500", "073855.582500", "073856.742500", "073857.902500", "073859.062500", "073900.222500", "073901.382500", "073902.542500", "073903.702500", "073904.862500", "073906.022500", "073907.182500", "073908.342500", "073909.502500", "073910.662500", "073911.822500", "073912.982500", "073914.142500", "073915.302500", "073916.462500", "073917.622500", "073918.782500", "073919.942500", "073921.102500", "073922.262500", "073923.422500", "073924.582500", "073925.742500", "073926.902500", "073928.062500", "073929.222500", "073930.382500", "073931.542500", "073932.702500", "073933.862500", "073935.022500", "073936.182500", "073937.342500", "073938.502500", "073939.662500", "073940.822500", "073941.982500", "073943.142500", "073944.302500", "073945.462500", "073946.622500", "073947.782500", "073948.942500", "073950.102500", "073951.262500", "073952.422500", "073953.582500", "073954.742500", "073955.902500", "073957.062500", "073958.222500", "073959.382500", "074000.542500", "074001.702500", "074002.862500", "074004.022500", "074005.182500", "074006.342500", "074007.502500", "074008.662500", "074009.822500", "074010.982500", "074012.142500", "074013.302500", "074014.462500", "074015.622500", "074016.782500", "074017.942500", "074019.102500", "074020.262500", "074021.422500", "074022.582500", "074023.742500", "074024.902500", "074026.062500", "074027.222500", "074028.382500", "074029.542500", "074030.702500", "074031.862500", "074033.022500", "074034.182500", "074035.342500", "074036.502500", "074037.662500", "074038.822500", "074039.982500", "074041.142500", "074042.302500", "074043.462500", "074044.622500", "074045.782500", "074046.942500", "074048.102500", "074049.262500", "074050.422500", "074051.582500", "074052.742500", "074053.902500", "074055.062500", "074056.222500", "074057.382500", "074058.542500", "074059.702500", "074100.862500", "074102.022500", "074103.182500", "074104.342500", "074105.502500", "074106.662500", "074107.822500", "074108.982500", "074110.142500", "074111.302500", "074112.462500", "074113.622500", "074114.782500", "074115.942500", "074117.102500", "074118.262500", "074119.422500", "074120.582500", "074121.742500", "074122.902500", "074124.062500", "074125.222500", "074126.382500", "074127.542500", "074128.702500", "074129.862500", "074131.022500", "074132.182500", "074133.342500", "074134.502500", "074135.662500", "074136.822500", "074137.982500", "074139.142500", "074140.302500", "074141.462500", "074142.622500", "074143.782500", "074144.942500", "074146.102500", "074147.262500", "074148.422500", "074149.582500", "074150.742500", "074151.902500", "074153.062500", "074154.222500", "074155.382500", "074156.542500", "074157.702500", "074158.862500", "074200.022500", "074201.182500", "074202.342500", "074203.502500", "074204.662500", "074205.822500", "074206.982500", "074208.142500", "074209.302500", "074210.462500", "074211.622500", "074212.782500", "074213.942500", "074215.102500", "074216.262500", "074217.422500", "074218.582500", "074219.742500", "074220.902500", "074222.062500", "074223.222500", "074224.382500", "074225.542500", "074226.702500", "074227.862500", "074229.022500", "074230.182500", "074231.342500", "074232.502500", "074233.662500", "074234.822500", "074235.982500", "074237.142500", "074238.302500", "074239.462500", "074240.622500", "074241.782500", "074242.942500", "074244.102500", "074245.262500", "074246.422500", "074247.582500", "074248.742500", "074249.902500", "074251.065000", "074252.225000", "074253.385000", "074254.545000", "074255.705000", "074256.865000", "074258.025000", "074259.185000", "074300.345000", "074301.505000", "074302.665000", "074303.825000", "074304.985000", "074306.145000", "074307.305000", "074308.465000", "074309.625000", "074310.785000", "074311.945000", "074313.105000", "074314.265000", "074315.425000", "074316.585000", "074317.745000", "074318.905000", "074320.065000", "074321.225000", "074322.385000", "074323.545000", "074324.705000", "074325.865000", "074327.025000", "074328.185000", "074329.345000", "074330.505000", "074331.665000", "074332.825000", "074333.985000", "074335.145000", "074336.305000", "074337.465000", "074338.625000", "074339.785000", "074340.945000", "074342.105000", "074343.265000", "074344.425000", "074345.585000", "074346.745000", "074347.905000", "074349.065000", "074350.225000", "074351.385000", "074352.545000", "074353.705000", "074354.865000", "074356.025000", "074357.185000", "074358.345000", "074359.505000", "074400.665000", "074401.825000", "074402.985000", "074404.145000", "074405.305000", "074406.465000", "074407.625000", "074408.785000", "074409.945000", "074411.105000", "074412.265000", "074413.425000", "074414.585000", "074415.745000", "074416.905000", "074418.065000", "074419.225000", "074420.385000", "074421.545000", "074422.705000", "074423.865000", "074425.025000", "074426.185000", "074427.345000", "074428.505000", "074429.665000", "074430.825000", "074431.985000", "074433.145000", "074434.305000", "074435.465000", "074436.625000", "074437.785000", "074438.945000", "074440.105000", "074441.265000", "074442.425000", "074443.585000", "074444.745000", "074445.905000", "074447.065000", "074448.225000", "074449.385000", "074450.545000", "074451.705000", "074452.865000", "074454.025000", "074455.185000", "074456.345000", "074457.505000", "074458.665000", "074459.825000", "074500.985000", "074502.145000", "074503.305000", "074504.465000", "074505.625000", "074506.785000", "074507.945000", "074509.105000", "074510.265000", "074511.425000", "074512.585000", "074513.745000", "074514.905000", "074516.065000", "074517.225000", "074518.385000", "074519.545000", "074520.705000", "074521.865000", "074523.025000"], "ContentTime": ["073538.703000", "073547.750000", "073547.750000", "073547.750000", "073547.765000", "073547.765000", "073547.765000", "073547.765000", "073547.765000", "073552.750000", "073552.750000", "073552.750000", "073552.765000", "073557.750000", "073557.750000", "073557.750000", "073557.765000", "073602.750000", "073602.750000", "073602.750000", "073602.765000", "073607.750000", "073607.765000", "073607.765000", "073607.765000", "073612.750000", "073612.750000", "073612.750000", "073612.765000", "073617.750000", "073617.750000", "073617.765000", "073617.765000", "073617.765000", "073622.750000", "073622.750000", "073622.750000", "073622.765000", "073627.750000", "073627.750000", "073627.750000", "073627.765000", "073632.750000", "073632.765000", "073632.765000", "073632.765000", "073637.750000", "073637.750000", "073637.750000", "073637.765000", "073642.750000", "073642.750000", "073642.750000", "073642.765000", "073647.750000", "073647.750000", "073647.750000", "073647.765000", "073652.750000", "073652.750000", "073652.750000", "073652.765000", "073657.750000", "073657.828000", "073657.828000", "073657.828000", "073702.750000", "073702.750000", "073702.750000", "073702.765000", "073707.750000", "073707.750000", "073707.750000", "073707.765000", "073712.750000", "073712.750000", "073712.765000", "073712.765000", "073717.750000", "073717.750000", "073717.750000", "073722.750000", "073722.765000", "073722.765000", "073722.765000", "073722.765000", "073727.750000", "073727.765000", "073727.765000", "073727.765000", "073732.750000", "073732.765000", "073732.765000", "073732.765000", "073737.750000", "073737.750000", "073737.750000", "073737.765000", "073742.750000", "073742.750000", "073742.750000", "073742.765000", "073747.750000", "073747.750000", "073747.750000", "073752.750000", "073752.750000", "073752.750000", "073752.765000", "073757.750000", "073757.750000", "073757.750000", "073757.765000", "073802.750000", "073802.750000", "073802.750000", "073802.765000", "073807.750000", "073807.750000", "073807.750000", "073807.765000", "073812.750000", "073812.750000", "073812.750000", "073812.765000", "073817.750000", "073817.843000", "073817.843000", "073817.843000", "073822.750000", "073822.750000", "073822.750000", "073822.765000", "073827.750000", "073827.750000", "073827.765000", "073827.765000", "073827.765000", "073832.750000", "073832.750000", "073832.750000", "073832.765000", "073837.750000", "073837.765000", "073837.765000", "073837.765000", "073842.750000", "073842.750000", "073842.765000", "073847.750000", "073847.750000", "073847.765000", "073847.765000", "073847.765000", "073852.750000", "073852.750000", "073852.750000", "073852.765000", "073857.750000", "073857.750000", "073857.750000", "073857.765000", "073902.750000", "073902.750000", "073902.750000", "073902.765000", "073907.750000", "073907.765000", "073907.765000", "073907.765000", "073912.750000", "073912.750000", "073912.765000", "073912.765000", "073917.750000", "073917.750000", "073917.750000", "073917.765000", "073922.750000", "073922.750000", "073922.750000", "073922.765000", "073927.750000", "073927.750000", "073927.750000", "073927.765000", "073932.750000", "073932.750000", "073932.750000", "073932.765000", "073937.750000", "073937.843000", "073937.843000", "073937.843000", "073942.750000", "073942.750000", "073942.765000", "073942.765000", "073947.750000", "073947.750000", "073947.750000", "073947.765000", "073952.750000", "073952.750000", "073952.750000", "073952.765000", "073957.750000", "073957.750000", "073957.750000", "073957.765000", "074002.750000", "074002.765000", "074002.765000", "074002.765000", "074007.750000", "074007.750000", "074007.750000", "074007.765000", "074012.750000", "074012.765000", "074012.765000", "074017.750000", "074017.765000", "074017.765000", "074017.765000", "074017.765000", "074022.750000", "074022.750000", "074022.750000", "074022.765000", "074027.750000", "074027.750000", "074027.765000", "074032.750000", "074032.750000", "074032.750000", "074032.765000", "074037.750000", "074037.750000", "074037.750000", "074037.765000", "074042.750000", "074042.750000", "074042.750000", "074042.781000", "074047.750000", "074047.750000", "074047.765000", "074047.765000", "074052.750000", "074052.750000", "074052.750000", "074052.765000", "074057.750000", "074057.750000", "074057.750000", "074057.765000", "074102.750000", "074102.750000", "074102.750000", "074107.750000", "074107.750000", "074107.765000", "074107.781000", "074112.750000", "074112.750000", "074112.765000", "074112.765000", "074117.750000", "074117.750000", "074117.750000", "074122.750000", "074122.750000", "074122.765000", "074122.765000", "074127.750000", "074127.750000", "074127.750000", "074127.765000", "074132.750000", "074132.750000", "074132.750000", "074132.765000", "074137.750000", "074137.750000", "074137.765000", "074137.765000", "074142.750000", "074142.750000", "074142.750000", "074147.750000", "074147.750000", "074147.750000", "074147.765000", "074152.750000", "074152.750000", "074152.750000", "074152.765000", "074202.750000", "074202.750000", "074202.750000", "074202.765000", "074202.765000", "074202.765000", "074202.765000", "074202.781000", "074207.750000", "074207.750000", "074207.765000", "074207.781000", "074212.750000", "074212.750000", "074212.750000", "074212.765000", "074217.750000", "074217.750000", "074217.750000", "074217.765000", "074222.750000", "074222.750000", "074222.750000", "074227.750000", "074227.843000", "074227.843000", "074227.859000", "074232.750000", "074232.750000", "074232.750000", "074232.765000", "074237.750000", "074237.765000", "074237.765000", "074237.765000", "074237.765000", "074242.750000", "074242.750000", "074242.750000", "074247.750000", "074247.750000", "074247.750000", "074247.765000", "074252.750000", "074252.750000", "074252.750000", "074252.765000", "074252.765000", "074257.750000", "074257.750000", "074257.750000", "074257.765000", "074302.750000", "074302.750000", "074302.765000", "074307.750000", "074307.750000", "074307.750000", "074307.765000", "074312.750000", "074312.750000", "074312.750000", "074312.765000", "074317.750000", "074317.750000", "074317.750000", "074317.765000", "074322.750000", "074322.750000", "074322.750000", "074322.765000", "074327.750000", "074327.765000", "074327.765000", "074327.765000", "074332.750000", "074332.859000", "074332.859000", "074337.750000", "074337.750000", "074337.750000", "074337.765000", "074337.765000", "074342.750000", "074342.750000", "074342.750000", "074347.750000", "074347.750000", "074347.750000", "074347.765000", "074352.750000", "074352.750000", "074352.765000", "074352.765000", "074357.750000", "074357.750000", "074357.765000", "074357.765000", "074402.750000", "074402.750000", "074402.750000", "074402.765000", "074407.750000", "074407.750000", "074407.750000", "074407.765000", "074412.750000", "074412.750000", "074412.750000", "074412.765000", "074412.765000", "074417.750000", "074417.750000", "074417.750000", "074417.765000", "074422.750000", "074422.765000", "074422.781000", "074422.781000", "074427.750000", "074427.750000", "074427.750000", "074427.765000", "074432.750000", "074432.750000", "074432.765000", "074432.781000", "074437.750000", "074437.765000", "074437.765000", "074437.765000", "074442.750000", "074442.750000", "074442.750000", "074442.765000", "074447.750000", "074447.750000", "074447.750000", "074447.765000", "074452.750000", "074452.750000", "074452.750000", "074452.765000", "074457.750000", "074457.750000", "074457.750000", "074457.765000", "074502.750000", "074502.750000", "074502.750000", "074502.765000", "074507.750000", "074507.765000", "074507.765000", "074507.781000", "074512.750000", "074512.765000", "074512.765000", "074512.765000", "074517.750000", "074517.750000", "074517.750000", "074517.765000", "074522.750000", "074522.750000", "074522.750000", "074522.765000", "074527.750000", "074527.750000", "074527.765000", "074527.765000", "074527.765000", "074532.750000", "074532.750000", "074532.750000", "074532.765000", "074537.750000", "074537.765000", "074537.765000", "074537.765000", "074542.750000", "074542.875000", "074542.875000", "074542.875000", "074542.890000", "074547.750000", "074547.750000", "074547.765000", "074547.765000", "074552.750000", "074552.750000", "074552.765000", "074552.765000", "074557.750000", "074557.750000", "074557.750000", "074557.765000", "074602.750000", "074602.750000", "074602.750000", "074602.765000", "074602.765000", "074607.750000", "074607.750000", "074607.750000", "074607.765000", "074612.750000", "074612.750000", "074612.750000", "074612.765000", "074617.750000", "074617.765000", "074617.765000", "074617.765000", "074617.765000", "074622.718000", "074622.718000", "074622.718000", "074622.718000", "074622.734000"], "InstanceCreationTime": ["073538.703000", "073547.750000", "073547.750000", "073547.750000", "073547.765000", "073547.765000", "073547.765000", "073547.765000", "073547.765000", "073552.750000", "073552.750000", "073552.750000", "073552.765000", "073557.750000", "073557.750000", "073557.750000", "073557.765000", "073602.750000", "073602.750000", "073602.750000", "073602.765000", "073607.750000", "073607.765000", "073607.765000", "073607.765000", "073612.750000", "073612.750000", "073612.750000", "073612.765000", "073617.750000", "073617.750000", "073617.765000", "073617.765000", "073617.765000", "073622.750000", "073622.750000", "073622.750000", "073622.765000", "073627.750000", "073627.750000", "073627.750000", "073627.765000", "073632.750000", "073632.765000", "073632.765000", "073632.765000", "073637.750000", "073637.750000", "073637.750000", "073637.765000", "073642.750000", "073642.750000", "073642.750000", "073642.765000", "073647.750000", "073647.750000", "073647.750000", "073647.765000", "073652.750000", "073652.750000", "073652.750000", "073652.765000", "073657.750000", "073657.828000", "073657.828000", "073657.828000", "073702.750000", "073702.750000", "073702.750000", "073702.765000", "073707.750000", "073707.750000", "073707.750000", "073707.765000", "073712.750000", "073712.750000", "073712.765000", "073712.765000", "073717.750000", "073717.750000", "073717.750000", "073722.750000", "073722.765000", "073722.765000", "073722.765000", "073722.765000", "073727.750000", "073727.765000", "073727.765000", "073727.765000", "073732.750000", "073732.765000", "073732.765000", "073732.765000", "073737.750000", "073737.750000", "073737.750000", "073737.765000", "073742.750000", "073742.750000", "073742.750000", "073742.765000", "073747.750000", "073747.750000", "073747.750000", "073752.750000", "073752.750000", "073752.750000", "073752.765000", "073757.750000", "073757.750000", "073757.750000", "073757.765000", "073802.750000", "073802.750000", "073802.750000", "073802.765000", "073807.750000", "073807.750000", "073807.750000", "073807.765000", "073812.750000", "073812.750000", "073812.750000", "073812.765000", "073817.750000", "073817.843000", "073817.843000", "073817.843000", "073822.750000", "073822.750000", "073822.750000", "073822.765000", "073827.750000", "073827.750000", "073827.765000", "073827.765000", "073827.765000", "073832.750000", "073832.750000", "073832.750000", "073832.765000", "073837.750000", "073837.765000", "073837.765000", "073837.765000", "073842.750000", "073842.750000", "073842.765000", "073847.750000", "073847.750000", "073847.765000", "073847.765000", "073847.765000", "073852.750000", "073852.750000", "073852.750000", "073852.765000", "073857.750000", "073857.750000", "073857.750000", "073857.765000", "073902.750000", "073902.750000", "073902.750000", "073902.765000", "073907.750000", "073907.765000", "073907.765000", "073907.765000", "073912.750000", "073912.750000", "073912.765000", "073912.765000", "073917.750000", "073917.750000", "073917.750000", "073917.765000", "073922.750000", "073922.750000", "073922.750000", "073922.765000", "073927.750000", "073927.750000", "073927.750000", "073927.765000", "073932.750000", "073932.750000", "073932.750000", "073932.765000", "073937.750000", "073937.843000", "073937.843000", "073937.843000", "073942.750000", "073942.750000", "073942.765000", "073942.765000", "073947.750000", "073947.750000", "073947.750000", "073947.765000", "073952.750000", "073952.750000", "073952.750000", "073952.765000", "073957.750000", "073957.750000", "073957.750000", "073957.765000", "074002.750000", "074002.765000", "074002.765000", "074002.765000", "074007.750000", "074007.750000", "074007.750000", "074007.765000", "074012.750000", "074012.765000", "074012.765000", "074017.750000", "074017.765000", "074017.765000", "074017.765000", "074017.765000", "074022.750000", "074022.750000", "074022.750000", "074022.765000", "074027.750000", "074027.750000", "074027.765000", "074032.750000", "074032.750000", "074032.750000", "074032.765000", "074037.750000", "074037.750000", "074037.750000", "074037.765000", "074042.750000", "074042.750000", "074042.750000", "074042.781000", "074047.750000", "074047.750000", "074047.765000", "074047.765000", "074052.750000", "074052.750000", "074052.750000", "074052.765000", "074057.750000", "074057.750000", "074057.750000", "074057.765000", "074102.750000", "074102.750000", "074102.750000", "074107.750000", "074107.750000", "074107.765000", "074107.781000", "074112.750000", "074112.750000", "074112.765000", "074112.765000", "074117.750000", "074117.750000", "074117.750000", "074122.750000", "074122.750000", "074122.765000", "074122.765000", "074127.750000", "074127.750000", "074127.750000", "074127.765000", "074132.750000", "074132.750000", "074132.750000", "074132.765000", "074137.750000", "074137.750000", "074137.765000", "074137.765000", "074142.750000", "074142.750000", "074142.750000", "074147.750000", "074147.750000", "074147.750000", "074147.765000", "074152.750000", "074152.750000", "074152.750000", "074152.765000", "074202.750000", "074202.750000", "074202.750000", "074202.765000", "074202.765000", "074202.765000", "074202.765000", "074202.781000", "074207.750000", "074207.750000", "074207.765000", "074207.781000", "074212.750000", "074212.750000", "074212.750000", "074212.765000", "074217.750000", "074217.750000", "074217.750000", "074217.765000", "074222.750000", "074222.750000", "074222.750000", "074227.750000", "074227.843000", "074227.843000", "074227.859000", "074232.750000", "074232.750000", "074232.750000", "074232.765000", "074237.750000", "074237.765000", "074237.765000", "074237.765000", "074237.765000", "074242.750000", "074242.750000", "074242.750000", "074247.750000", "074247.750000", "074247.750000", "074247.765000", "074252.750000", "074252.750000", "074252.750000", "074252.765000", "074252.765000", "074257.750000", "074257.750000", "074257.750000", "074257.765000", "074302.750000", "074302.750000", "074302.765000", "074307.750000", "074307.750000", "074307.750000", "074307.765000", "074312.750000", "074312.750000", "074312.750000", "074312.765000", "074317.750000", "074317.750000", "074317.750000", "074317.765000", "074322.750000", "074322.750000", "074322.750000", "074322.765000", "074327.750000", "074327.765000", "074327.765000", "074327.765000", "074332.750000", "074332.859000", "074332.859000", "074337.750000", "074337.750000", "074337.750000", "074337.765000", "074337.765000", "074342.750000", "074342.750000", "074342.750000", "074347.750000", "074347.750000", "074347.750000", "074347.765000", "074352.750000", "074352.750000", "074352.765000", "074352.765000", "074357.750000", "074357.750000", "074357.765000", "074357.765000", "074402.750000", "074402.750000", "074402.750000", "074402.765000", "074407.750000", "074407.750000", "074407.750000", "074407.765000", "074412.750000", "074412.750000", "074412.750000", "074412.765000", "074412.765000", "074417.750000", "074417.750000", "074417.750000", "074417.765000", "074422.750000", "074422.765000", "074422.781000", "074422.781000", "074427.750000", "074427.750000", "074427.750000", "074427.765000", "074432.750000", "074432.750000", "074432.765000", "074432.781000", "074437.750000", "074437.765000", "074437.765000", "074437.765000", "074442.750000", "074442.750000", "074442.750000", "074442.765000", "074447.750000", "074447.750000", "074447.750000", "074447.765000", "074452.750000", "074452.750000", "074452.750000", "074452.765000", "074457.750000", "074457.750000", "074457.750000", "074457.765000", "074502.750000", "074502.750000", "074502.750000", "074502.765000", "074507.750000", "074507.765000", "074507.765000", "074507.781000", "074512.750000", "074512.765000", "074512.765000", "074512.765000", "074517.750000", "074517.750000", "074517.750000", "074517.765000", "074522.750000", "074522.750000", "074522.750000", "074522.765000", "074527.750000", "074527.750000", "074527.765000", "074527.765000", "074527.765000", "074532.750000", "074532.750000", "074532.750000", "074532.765000", "074537.750000", "074537.765000", "074537.765000", "074537.765000", "074542.750000", "074542.875000", "074542.875000", "074542.875000", "074542.890000", "074547.750000", "074547.750000", "074547.765000", "074547.765000", "074552.750000", "074552.750000", "074552.765000", "074552.765000", "074557.750000", "074557.750000", "074557.750000", "074557.765000", "074602.750000", "074602.750000", "074602.750000", "074602.765000", "074602.765000", "074607.750000", "074607.750000", "074607.750000", "074607.765000", "074612.750000", "074612.750000", "074612.750000", "074612.765000", "074617.750000", "074617.765000", "074617.765000", "074617.765000", "074617.765000", "074622.718000", "074622.718000", "074622.718000", "074622.718000", "074622.734000"], "InstanceNumber": [1, 2, 3, 4, 5, 6, 7, 8, 9, 10, 11, 12, 13, 14, 15, 16, 17, 18, 19, 20, 21, 22, 23, 24, 25, 26, 27, 28, 29, 30, 31, 32, 33, 34, 35, 36, 37, 38, 39, 40, 41, 42, 43, 44, 45, 46, 47, 48, 49, 50, 51, 52, 53, 54, 55, 56, 57, 58, 59, 60, 61, 62, 63, 64, 65, 66, 67, 68, 69, 70, 71, 72, 73, 74, 75, 76, 77, 78, 79, 80, 81, 82, 83, 84, 85, 86, 87, 88, 89, 90, 91, 92, 93, 94, 95, 96, 97, 98, 99, 100, 101, 102, 103, 104, 105, 106, 107, 108, 109, 110, 111, 112, 113, 114, 115, 116, 117, 118, 119, 120, 121, 122, 123, 124, 125, 126, 127, 128, 129, 130, 131, 132, 133, 134, 135, 136, 137, 138, 139, 140, 141, 142, 143, 144, 145, 146, 147, 148, 149, 150, 151, 152, 153, 154, 155, 156, 157, 158, 159, 160, 161, 162, 163, 164, 165, 166, 167, 168, 169, 170, 171, 172, 173, 174, 175, 176, 177, 178, 179, 180, 181, 182, 183, 184, 185, 186, 187, 188, 189, 190, 191, 192, 193, 194, 195, 196, 197, 198, 199, 200, 201, 202, 203, 204, 205, 206, 207, 208, 209, 210, 211, 212, 213, 214, 215, 216, 217, 218, 219, 220, 221, 222, 223, 224, 225, 226, 227, 228, 229, 230, 231, 232, 233, 234, 235, 236, 237, 238, 239, 240, 241, 242, 243, 244, 245, 246, 247, 248, 249, 250, 251, 252, 253, 254, 255, 256, 257, 258, 259, 260, 261, 262, 263, 264, 265, 266, 267, 268, 269, 270, 271, 272, 273, 274, 275, 276, 277, 278, 279, 280, 281, 282, 283, 284, 285, 286, 287, 288, 289, 290, 291, 292, 293, 294, 295, 296, 297, 298, 299, 300, 301, 302, 303, 304, 305, 306, 307, 308, 309, 310, 311, 312, 313, 314, 315, 316, 317, 318, 319, 320, 321, 322, 323, 324, 325, 326, 327, 328, 329, 330, 331, 332, 333, 334, 335, 336, 337, 338, 339, 340, 341, 342, 343, 344, 345, 346, 347, 348, 349, 350, 351, 352, 353, 354, 355, 356, 357, 358, 359, 360, 361, 362, 363, 364, 365, 366, 367, 368, 369, 370, 371, 372, 373, 374, 375, 376, 377, 378, 379, 380, 381, 382, 383, 384, 385, 386, 387, 388, 389, 390, 391, 392, 393, 394, 395, 396, 397, 398, 399, 400, 401, 402, 403, 404, 405, 406, 407, 408, 409, 410, 411, 412, 413, 414, 415, 416, 417, 418, 419, 420, 421, 422, 423, 424, 425, 426, 427, 428, 429, 430, 431, 432, 433, 434, 435, 436, 437, 438, 439, 440, 441, 442, 443, 444, 445, 446, 447, 448, 449, 450, 451, 452, 453, 454, 455, 456, 457, 458, 459, 460, 461, 462, 463, 464, 465, 466, 467, 468, 469, 470, 471, 472, 473, 474, 475, 476, 477, 478, 479, 480, 481, 482, 483, 484, 485, 486, 487, 488, 489, 490, 491, 492, 493, 494, 495, 496, 497, 498, 499, 500, 501, 502, 503, 504, 505, 506, 507, 508, 509, 510, 511, 512, 513, 514, 515, 516, 517, 518], "LargestImagePixelValue": [25255, 26882, 23531, 25523, 25524, 26421, 24975, 23289, 25896, 33449, 26837, 29892, 27128, 25274, 27916, 28618, 28305, 22649, 24798, 22626, 25369, 22220, 25146, 25136, 25909, 27086, 23649, 26506, 23280, 25230, 27048, 27591, 24905, 30083, 26810, 31633, 27444, 26012, 27995, 35457, 26634, 28148, 26058, 23672, 26386, 22778, 27229, 32154, 25971, 26550, 24098, 31870, 23315, 25887, 25173, 23130, 25916, 29649, 24151, 26807, 22773, 23997, 22516, 26220, 34184, 24438, 25796, 24672, 25667, 22489, 26680, 29796, 23391, 26578, 22796, 26085, 25240, 25138, 28666, 24398, 27001, 22428, 24300, 26289, 25432, 31987, 23125, 25224, 28503, 23275, 25255, 22480, 25241, 28298, 23471, 26427, 22552, 26385, 30643, 23537, 24668, 23047, 23652, 22598, 24427, 25696, 23660, 32155, 22930, 24931, 26084, 24534, 32501, 22507, 25409, 26723, 23322, 27502, 23091, 25268, 22914, 25660, 30213, 24386, 26525, 23291, 25735, 30991, 25719, 22717, 24331, 32737, 26738, 28446, 22419, 24206, 31468, 26402, 24367, 22315, 22871, 28482, 23962, 22371, 26743, 22649, 22720, 22503, 23283, 25040, 28054, 23856, 26493, 23737, 23544, 26583, 26134, 22982, 30334, 22910, 24901, 28085, 26155, 31925, 22784, 23597, 30759, 24550, 27980, 22908, 24025, 32848, 27536, 23089, 23569, 23115, 27977, 22848, 26857, 22810, 24216, 28808, 23577, 28257, 22805, 23269, 29483, 22957, 26546, 23343, 23321, 28938, 22822, 23009, 27938, 22678, 22710, 28300, 23308, 23417, 25660, 23888, 22976, 31615, 22844, 25066, 29797, 26762, 23346, 32742, 22526, 24219, 31078, 22857, 25386, 23013, 25326, 23443, 25151, 31375, 23944, 30987, 27112, 23556, 30918, 23251, 26730, 22539, 25052, 22699, 24318, 23028, 24889, 28852, 23776, 27841, 22568, 25171, 22466, 25442, 22764, 22822, 31855, 25146, 24830, 22977, 23616, 26359, 25434, 24883, 32487, 23232, 24120, 33006, 25215, 22569, 22628, 23077, 26517, 25838, 23985, 30104, 22624, 27632, 23757, 30797, 22586, 24345, 22422, 22780, 24182, 30297, 24792, 25274, 30998, 29777, 23395, 26165, 22968, 25092, 22867, 23879, 29166, 23911, 23771, 28159, 22718, 25641, 22581, 23868, 23830, 23267, 29815, 22702, 23739, 23858, 24620, 30857, 22477, 24726, 27062, 22676, 24572, 29691, 24093, 25946, 30259, 26717, 24085, 26145, 22940, 23322, 28247, 31322, 23456, 25880, 32002, 22566, 24173, 25740, 32827, 23869, 24689, 27193, 22969, 23270, 25700, 23420, 24429, 31409, 23478, 27154, 24242, 33780, 26548, 23039, 24090, 22716, 24698, 25191, 22667, 28152, 31859, 24185, 27012, 27233, 24232, 32552, 23963, 32498, 25272, 23542, 22989, 23651, 22993, 25045, 22675, 23967, 25914, 23191, 26837, 22662, 25210, 22759, 26001, 32171, 24698, 31891, 24702, 28438, 23065, 23861, 23475, 26334, 24269, 28029, 23346, 27712, 32492, 26085, 26131, 22771, 25149, 25296, 25682, 27120, 23651, 23982, 23459, 26352, 29420, 24813, 25551, 26603, 23153, 27697, 31134, 28321, 23833, 24127, 31254, 22780, 23799, 22935, 23327, 25092, 31435, 23661, 23494, 22858, 24063, 28821, 28768, 24402, 26426, 26608, 23114, 25766, 23255, 23031, 22711, 25120, 26287, 29035, 23804, 32707, 23018, 24507, 23991, 25690, 28250, 23623, 27801, 24136, 32302, 23432, 23683, 22682, 22965, 22884, 28415, 22531, 23805, 28535, 22892, 24630, 22944, 24089, 22808, 24645, 23518, 25587, 30586, 24832, 29635, 22741, 26445, 30731, 23767, 30080, 22614, 25544, 23038, 25023, 33950, 24795, 25825, 24340, 24426, 33694, 23135, 27001, 23099, 23866, 29054, 22661, 23790, 25356, 23389, 27028, 28730, 26627, 24946, 34545, 27281, 28419, 22596, 23418, 27813, 22703, 23494, 22740, 24187, 24175, 22655, 24950, 30219, 23135, 22664, 25038, 22666, 24688, 23447, 25010, 28105, 25332, 23333, 29472, 31357, 28981, 26719, 26680, 32978, 24404, 24959, 23402, 26122, 24278], "WindowCenter": [9836.0, 9831.0, 9808.0, 9809.0, 9817.0, 9825.0, 9840.0, 9817.0, 9823.0, 9855.0, 9828.0, 9828.0, 9821.0, 9816.0, 9827.0, 9817.0, 9811.0, 9789.0, 9802.0, 9783.0, 9782.0, 9780.0, 9795.0, 9805.0, 9799.0, 9822.0, 9807.0, 9809.0, 9815.0, 9827.0, 9838.0, 9834.0, 9823.0, 9841.0, 9829.0, 9849.0, 9840.0, 9827.0, 9812.0, 9836.0, 9819.0, 9818.0, 9805.0, 9804.0, 9813.0, 9794.0, 9804.0, 9813.0, 9786.0, 9798.0, 9784.0, 9810.0, 9785.0, 9809.0, 9806.0, 9797.0, 9822.0, 9839.0, 9797.0, 9797.0, 9792.0, 9796.0, 9788.0, 9808.0, 9826.0, 9794.0, 9809.0, 9793.0, 9808.0, 9797.0, 9800.0, 9796.0, 9779.0, 9804.0, 9777.0, 9817.0, 9798.0, 9801.0, 9813.0, 9795.0, 9792.0, 9790.0, 9796.0, 9806.0, 9795.0, 9822.0, 9784.0, 9793.0, 9797.0, 9771.0, 9795.0, 9784.0, 9810.0, 9802.0, 9791.0, 9806.0, 9779.0, 9787.0, 9814.0, 9782.0, 9766.0, 9767.0, 9766.0, 9786.0, 9802.0, 9790.0, 9780.0, 9807.0, 9790.0, 9801.0, 9796.0, 9772.0, 9819.0, 9776.0, 9784.0, 9792.0, 9786.0, 9800.0, 9781.0, 9807.0, 9788.0, 9804.0, 9818.0, 9799.0, 9803.0, 9779.0, 9793.0, 9814.0, 9783.0, 9796.0, 9816.0, 9834.0, 9800.0, 9816.0, 9766.0, 9789.0, 9796.0, 9777.0, 9756.0, 9761.0, 9762.0, 9788.0, 9745.0, 9741.0, 9784.0, 9773.0, 9783.0, 9791.0, 9784.0, 9803.0, 9810.0, 9785.0, 9792.0, 9778.0, 9772.0, 9791.0, 9785.0, 9778.0, 9802.0, 9780.0, 9802.0, 9792.0, 9783.0, 9809.0, 9768.0, 9790.0, 9812.0, 9772.0, 9796.0, 9764.0, 9773.0, 9815.0, 9778.0, 9744.0, 9764.0, 9752.0, 9785.0, 9762.0, 9786.0, 9763.0, 9779.0, 9781.0, 9761.0, 9783.0, 9750.0, 9763.0, 9775.0, 9753.0, 9774.0, 9751.0, 9764.0, 9773.0, 9763.0, 9775.0, 9803.0, 9769.0, 9780.0, 9810.0, 9776.0, 9776.0, 9795.0, 9785.0, 9789.0, 9827.0, 9784.0, 9788.0, 9803.0, 9755.0, 9767.0, 9800.0, 9759.0, 9766.0, 9792.0, 9765.0, 9785.0, 9767.0, 9792.0, 9766.0, 9782.0, 9808.0, 9754.0, 9790.0, 9771.0, 9736.0, 9762.0, 9752.0, 9766.0, 9759.0, 9763.0, 9761.0, 9755.0, 9738.0, 9766.0, 9784.0, 9765.0, 9776.0, 9776.0, 9776.0, 9762.0, 9787.0, 9796.0, 9779.0, 9823.0, 9784.0, 9763.0, 9768.0, 9776.0, 9788.0, 9768.0, 9767.0, 9795.0, 9769.0, 9763.0, 9788.0, 9767.0, 9761.0, 9776.0, 9747.0, 9781.0, 9768.0, 9757.0, 9812.0, 9763.0, 9784.0, 9761.0, 9794.0, 9753.0, 9789.0, 9774.0, 9781.0, 9783.0, 9794.0, 9755.0, 9763.0, 9774.0, 9763.0, 9727.0, 9745.0, 9744.0, 9749.0, 9749.0, 9757.0, 9750.0, 9730.0, 9732.0, 9752.0, 9727.0, 9733.0, 9734.0, 9743.0, 9744.0, 9740.0, 9751.0, 9738.0, 9746.0, 9742.0, 9743.0, 9764.0, 9728.0, 9742.0, 9751.0, 9762.0, 9778.0, 9788.0, 9769.0, 9769.0, 9793.0, 9766.0, 9755.0, 9779.0, 9756.0, 9770.0, 9791.0, 9807.0, 9750.0, 9755.0, 9793.0, 9753.0, 9737.0, 9769.0, 9789.0, 9754.0, 9754.0, 9758.0, 9747.0, 9764.0, 9787.0, 9762.0, 9765.0, 9786.0, 9738.0, 9774.0, 9746.0, 9790.0, 9753.0, 9757.0, 9773.0, 9768.0, 9772.0, 9769.0, 9757.0, 9787.0, 9791.0, 9749.0, 9761.0, 9756.0, 9746.0, 9776.0, 9741.0, 9750.0, 9734.0, 9704.0, 9710.0, 9710.0, 9713.0, 9709.0, 9714.0, 9738.0, 9742.0, 9726.0, 9722.0, 9730.0, 9744.0, 9717.0, 9723.0, 9765.0, 9715.0, 9747.0, 9740.0, 9754.0, 9734.0, 9739.0, 9743.0, 9759.0, 9751.0, 9773.0, 9748.0, 9760.0, 9755.0, 9747.0, 9728.0, 9723.0, 9745.0, 9739.0, 9737.0, 9759.0, 9748.0, 9752.0, 9748.0, 9762.0, 9763.0, 9757.0, 9772.0, 9761.0, 9755.0, 9768.0, 9775.0, 9759.0, 9741.0, 9742.0, 9784.0, 9748.0, 9758.0, 9771.0, 9771.0, 9764.0, 9782.0, 9742.0, 9743.0, 9751.0, 9756.0, 9769.0, 9766.0, 9748.0, 9756.0, 9760.0, 9728.0, 9766.0, 9761.0, 9752.0, 9757.0, 9761.0, 9738.0, 9767.0, 9739.0, 9767.0, 9747.0, 9741.0, 9740.0, 9733.0, 9752.0, 9726.0, 9751.0, 9740.0, 9769.0, 9711.0, 9696.0, 9691.0, 9703.0, 9713.0, 9727.0, 9699.0, 9712.0, 9723.0, 9710.0, 9732.0, 9717.0, 9742.0, 9727.0, 9740.0, 9732.0, 9756.0, 9773.0, 9753.0, 9774.0, 9745.0, 9751.0, 9776.0, 9741.0, 9761.0, 9759.0, 9758.0, 9750.0, 9758.0, 9792.0, 9755.0, 9764.0, 9731.0, 9743.0, 9775.0, 9725.0, 9763.0, 9727.0, 9735.0, 9750.0, 9725.0, 9747.0, 9776.0, 9760.0, 9750.0, 9748.0, 9735.0, 9719.0, 9745.0, 9727.0, 9718.0, 9701.0, 9712.0, 9722.0, 9705.0, 9713.0, 9724.0, 9730.0, 9724.0, 9724.0, 9740.0, 9760.0, 9736.0, 9740.0, 9764.0, 9759.0, 9774.0, 9743.0, 9780.0, 9791.0, 9765.0, 9755.0, 9765.0, 9779.0, 9766.0, 9741.0, 9732.0, 9758.0, 9716.0, 9719.0, 9710.0, 9749.0, 9745.0], "WindowWidth": [20799.0, 20781.0, 20733.0, 20733.0, 20749.0, 20764.0, 20796.0, 20755.0, 20762.0, 20822.0, 20768.0, 20766.0, 20753.0, 20744.0, 20763.0, 20744.0, 20729.0, 20687.0, 20710.0, 20676.0, 20669.0, 20670.0, 20700.0, 20719.0, 20707.0, 20748.0, 20727.0, 20731.0, 20744.0, 20770.0, 20788.0, 20780.0, 20763.0, 20795.0, 20774.0, 20811.0, 20789.0, 20766.0, 20735.0, 20777.0, 20744.0, 20742.0, 20717.0, 20722.0, 20737.0, 20699.0, 20717.0, 20730.0, 20678.0, 20700.0, 20673.0, 20721.0, 20678.0, 20727.0, 20721.0, 20709.0, 20757.0, 20781.0, 20703.0, 20705.0, 20695.0, 20699.0, 20689.0, 20724.0, 20755.0, 20701.0, 20731.0, 20701.0, 20728.0, 20706.0, 20705.0, 20696.0, 20667.0, 20715.0, 20667.0, 20744.0, 20708.0, 20711.0, 20731.0, 20703.0, 20693.0, 20692.0, 20705.0, 20720.0, 20701.0, 20746.0, 20676.0, 20692.0, 20699.0, 20652.0, 20691.0, 20679.0, 20725.0, 20709.0, 20691.0, 20715.0, 20667.0, 20683.0, 20730.0, 20668.0, 20639.0, 20643.0, 20638.0, 20682.0, 20711.0, 20690.0, 20672.0, 20718.0, 20687.0, 20707.0, 20697.0, 20652.0, 20736.0, 20659.0, 20672.0, 20690.0, 20679.0, 20703.0, 20673.0, 20722.0, 20689.0, 20719.0, 20741.0, 20707.0, 20713.0, 20668.0, 20693.0, 20731.0, 20674.0, 20706.0, 20741.0, 20774.0, 20708.0, 20732.0, 20643.0, 20683.0, 20691.0, 20659.0, 20617.0, 20625.0, 20627.0, 20673.0, 20590.0, 20581.0, 20668.0, 20654.0, 20672.0, 20692.0, 20680.0, 20711.0, 20727.0, 20682.0, 20690.0, 20663.0, 20650.0, 20683.0, 20673.0, 20662.0, 20704.0, 20668.0, 20711.0, 20690.0, 20671.0, 20717.0, 20645.0, 20684.0, 20725.0, 20652.0, 20691.0, 20638.0, 20656.0, 20728.0, 20657.0, 20592.0, 20631.0, 20611.0, 20671.0, 20629.0, 20675.0, 20633.0, 20661.0, 20663.0, 20623.0, 20667.0, 20608.0, 20630.0, 20647.0, 20608.0, 20646.0, 20609.0, 20630.0, 20645.0, 20633.0, 20657.0, 20706.0, 20646.0, 20666.0, 20722.0, 20664.0, 20662.0, 20696.0, 20681.0, 20687.0, 20752.0, 20676.0, 20682.0, 20706.0, 20620.0, 20639.0, 20696.0, 20624.0, 20637.0, 20682.0, 20636.0, 20669.0, 20644.0, 20690.0, 20641.0, 20669.0, 20711.0, 20612.0, 20675.0, 20638.0, 20570.0, 20615.0, 20602.0, 20629.0, 20619.0, 20628.0, 20623.0, 20612.0, 20583.0, 20635.0, 20664.0, 20631.0, 20653.0, 20653.0, 20657.0, 20634.0, 20682.0, 20703.0, 20671.0, 20747.0, 20672.0, 20633.0, 20647.0, 20660.0, 20681.0, 20641.0, 20635.0, 20687.0, 20638.0, 20628.0, 20668.0, 20628.0, 20619.0, 20652.0, 20601.0, 20661.0, 20638.0, 20617.0, 20723.0, 20628.0, 20664.0, 20625.0, 20686.0, 20612.0, 20683.0, 20660.0, 20671.0, 20672.0, 20687.0, 20611.0, 20620.0, 20640.0, 20615.0, 20549.0, 20583.0, 20585.0, 20593.0, 20596.0, 20609.0, 20593.0, 20552.0, 20555.0, 20593.0, 20550.0, 20556.0, 20561.0, 20581.0, 20582.0, 20574.0, 20596.0, 20572.0, 20589.0, 20578.0, 20576.0, 20619.0, 20554.0, 20580.0, 20599.0, 20624.0, 20659.0, 20675.0, 20635.0, 20634.0, 20677.0, 20627.0, 20609.0, 20658.0, 20616.0, 20646.0, 20682.0, 20707.0, 20602.0, 20609.0, 20675.0, 20606.0, 20577.0, 20631.0, 20667.0, 20605.0, 20608.0, 20612.0, 20594.0, 20628.0, 20670.0, 20626.0, 20633.0, 20668.0, 20578.0, 20640.0, 20588.0, 20666.0, 20600.0, 20609.0, 20642.0, 20637.0, 20647.0, 20644.0, 20621.0, 20674.0, 20676.0, 20595.0, 20612.0, 20601.0, 20583.0, 20638.0, 20574.0, 20588.0, 20554.0, 20497.0, 20506.0, 20508.0, 20508.0, 20501.0, 20518.0, 20564.0, 20572.0, 20545.0, 20538.0, 20556.0, 20578.0, 20528.0, 20535.0, 20609.0, 20518.0, 20574.0, 20565.0, 20594.0, 20561.0, 20568.0, 20586.0, 20615.0, 20602.0, 20640.0, 20591.0, 20605.0, 20599.0, 20585.0, 20546.0, 20542.0, 20583.0, 20573.0, 20569.0, 20612.0, 20593.0, 20603.0, 20595.0, 20618.0, 20620.0, 20604.0, 20634.0, 20620.0, 20610.0, 20633.0, 20639.0, 20610.0, 20576.0, 20578.0, 20656.0, 20599.0, 20613.0, 20641.0, 20642.0, 20625.0, 20660.0, 20587.0, 20582.0, 20600.0, 20609.0, 20633.0, 20623.0, 20589.0, 20603.0, 20609.0, 20553.0, 20628.0, 20624.0, 20606.0, 20615.0, 20617.0, 20574.0, 20624.0, 20574.0, 20621.0, 20588.0, 20576.0, 20571.0, 20556.0, 20591.0, 20545.0, 20587.0, 20569.0, 20620.0, 20510.0, 20480.0, 20472.0, 20495.0, 20516.0, 20539.0, 20488.0, 20512.0, 20529.0, 20509.0, 20554.0, 20528.0, 20573.0, 20550.0, 20573.0, 20559.0, 20605.0, 20637.0, 20597.0, 20638.0, 20590.0, 20596.0, 20642.0, 20582.0, 20614.0, 20614.0, 20614.0, 20600.0, 20615.0, 20676.0, 20606.0, 20623.0, 20558.0, 20579.0, 20631.0, 20545.0, 20617.0, 20552.0, 20564.0, 20589.0, 20549.0, 20592.0, 20646.0, 20621.0, 20598.0, 20587.0, 20559.0, 20529.0, 20570.0, 20539.0, 20518.0, 20490.0, 20510.0, 20531.0, 20498.0, 20516.0, 20539.0, 20548.0, 20542.0, 20543.0, 20572.0, 20611.0, 20567.0, 20580.0, 20625.0, 20619.0, 20646.0, 20588.0, 20660.0, 20679.0, 20631.0, 20606.0, 20623.0, 20646.0, 20617.0, 20569.0, 20553.0, 20599.0, 20524.0, 20529.0, 20512.0, 20585.0, 20577.0]}, "slices": {}}}