{"AcquisitionMatrixPE": 96, "AcquisitionNumber": 1, "AcquisitionTime": "07:58:44.065000", "BaseResolution": 96, "BodyPartExamined": "BRAIN", "ConsistencyInfo": "N4_VD11D_LATEST_20110129", "ConversionSoftware": "dcm2niix", "ConversionSoftwareVersion": "v1.0.20210317", "DeviceSerialNumber": "45239", "DwellTime": 9.2e-06, "EchoNumber": 2, "EchoTime": 0.00738, "FlipAngle": 50, "ImageOrientationPatientDICOM": [0.998925, 0.0174727, 0.0429297, 0.0095107, 0.829242, -0.55881], "ImageType": ["ORIGINAL", "PRIMARY", "M", "ND", "NORM"], "ImagingFrequency": 123.193, "InPlanePhaseEncodingDirectionDICOM": "COL", "InstitutionAddress": "E 24th St. 100,Austin,Southmiddle,US,78712", "InstitutionName": "Univ of Texas at Austin", "InstitutionalDepartmentName": "IRC", "MRAcquisitionType": "2D", "MagneticFieldStrength": 3, "Manufacturer": "Siemens", "ManufacturersModelName": "Skyra", "Modality": "MR", "PartialFourier": 1, "PatientPosition": "HFS", "PercentPhaseFOV": 100, "PercentSampling": 100, "PhaseEncodingDirection": "j-", "PhaseEncodingSteps": 96, "PhaseResolution": 1, "PixelBandwidth": 565, "ProcedureStepDescription": "Poldrack2^self-scanning", "ProtocolName": "gre_field_mapping", "PulseSequenceDetails": "%SiemensSeq%\\gre_field_mapping", "ReceiveCoilActiveElements": "HEA;HEP", "ReceiveCoilName": "Head_32", "ReconMatrixPE": 96, "RepetitionTime": 0.731, "SAR": 0.110988, "ScanningSequence": "GR", "SequenceName": "*fm2d2r", "SequenceVariant": "SP", "SeriesDescription": "gre_field_mapping", "SeriesNumber": 14, "ShimSetting": [-2782, 8075, -15446, 197, -244, 182, 206, -57], "SliceThickness": 2, "SliceTiming": [0.35938, 0, 0.375, 0.00781, 0.38281, 0.01562, 0.39062, 0.02344, 0.40625, 0.03906, 0.41406, 0.04688, 0.42969, 0.0625, 0.4375, 0.07031, 0.44531, 0.07812, 0.45312, 0.09375, 0.46875, 0.10156, 0.47656, 0.11719, 0.49219, 0.125, 0.5, 0.13281, 0.51562, 0.14844, 0.52344, 0.15625, 0.53125, 0.16406, 0.54688, 0.17969, 0.55469, 0.1875, 0.5625, 0.20312, 0.57812, 0.21094, 0.58594, 0.21875, 0.59375, 0.23438, 0.60938, 0.24219, 0.61719, 0.25781, 0.63281, 0.26562, 0.64062, 0.27344, 0.64844, 0.28906, 0.66406, 0.29688, 0.67188, 0.30469, 0.6875, 0.32031, 0.69531, 0.32812, 0.70312, 0.33594, 0.71875, 0.35156], "SoftwareVersions": "syngo MR D11", "SpacingBetweenSlices": 2.4, "StationName": "AWP45239", "TxRefAmp": 330.85}