{
    "AcquisitionMatrixPE": 96,
    "AcquisitionNumber": 1,
    "AcquisitionTime": "07:58:25.707500",
    "BandwidthPerPixelPhaseEncode": 33.602,
    "BaseResolution": 96,
    "BodyPartExamined": "BRAIN",
    "ConsistencyInfo": "N4_VD11D_LATEST_20110129",
    "ConversionSoftware": "dcm2niix",
    "ConversionSoftwareVersion": "v1.0.20210317",
    "DerivedVendorReportedEchoSpacing": 0.000620003,
    "DeviceSerialNumber": "45239",
    "DwellTime": 2.6e-06,
    "EchoTime": 0.03,
    "EchoTrainLength": 48,
    "EffectiveEchoSpacing": 0.000310001,
    "FlipAngle": 63,
    "ImageComments": "Unaliased MB4/PE3",
    "ImageOrientationPatientDICOM": [
        0.999698,
        0.0107524,
        0.0220754,
        0.00245099,
        0.85084,
        -0.525419
    ],
    "ImageType": [
        "ORIGINAL",
        "PRIMARY",
        "M",
        "ND",
        "NORM",
        "MOSAIC"
    ],
    "ImagingFrequency": 123.193,
    "InPlanePhaseEncodingDirectionDICOM": "COL",
    "InstitutionAddress": "E 24th St. 100,Austin,Southmiddle,US,78712",
    "InstitutionName": "Univ of Texas at Austin",
    "InstitutionalDepartmentName": "IRC",
    "MRAcquisitionType": "2D",
    "MagneticFieldStrength": 3,
    "Manufacturer": "Siemens",
    "ManufacturersModelName": "Skyra",
    "Modality": "MR",
    "MultibandAccelerationFactor": 4,
    "ParallelReductionFactorInPlane": 2,
    "PartialFourier": 1,
    "PatientPosition": "HFS",
    "PercentPhaseFOV": 100,
    "PercentSampling": 100,
    "PhaseEncodingDirection": "j-",
    "PhaseEncodingSteps": 96,
    "PhaseResolution": 1,
    "PixelBandwidth": 2005,
    "ProcedureStepDescription": "Poldrack2^self-scanning",
    "ProtocolName": "Breath_Hold",
    "PulseSequenceDetails": "%CustomerSeq%\\cmrr_mbep2d_bold",
    "ReceiveCoilActiveElements": "HEA;HEP",
    "ReceiveCoilName": "Head_32",
    "ReconMatrixPE": 96,
    "RefLinesPE": 94,
    "RepetitionTime": 1.16,
    "SAR": 0.0959435,
    "ScanOptions": "FS",
    "ScanningSequence": "EP",
    "SequenceName": "epfid2d1_96",
    "SequenceVariant": "SK",
    "SeriesDescription": "Breath_Hold",
    "SeriesNumber": 10,
    "ShimSetting": [
        -2769,
        8060,
        -15398,
        146,
        -163,
        121,
        249,
        -91
    ],
    "SliceThickness": 2,
    "SliceTiming": [
        0,
        0.4975,
        0.9975,
        0.355,
        0.855,
        0.2125,
        0.7125,
        0.07,
        0.57,
        1.0675,
        0.4275,
        0.925,
        0.285,
        0.7825,
        0.1425,
        0.64,
        0,
        0.4975,
        0.9975,
        0.355,
        0.855,
        0.2125,
        0.7125,
        0.07,
        0.57,
        1.0675,
        0.4275,
        0.925,
        0.285,
        0.7825,
        0.1425,
        0.64,
        0,
        0.4975,
        0.9975,
        0.355,
        0.855,
        0.2125,
        0.7125,
        0.07,
        0.57,
        1.0675,
        0.4275,
        0.925,
        0.285,
        0.7825,
        0.1425,
        0.64,
        0,
        0.4975,
        0.9975,
        0.355,
        0.855,
        0.2125,
        0.7125,
        0.07,
        0.57,
        1.0675,
        0.4275,
        0.925,
        0.285,
        0.7825,
        0.1425,
        0.64
    ],
    "SoftwareVersions": "syngo MR D11",
    "SpacingBetweenSlices": 2.4,
    "StationName": "AWP45239",
    "TaskName": "Breath holding task",
    "TotalReadoutTime": 0.0294501,
    "TxRefAmp": 336.638,
    "WipMemBlock": "b066c47f-8133-4a72-9008-342308a76389||Sequence: VD11D r206; Feb 13 2013 18:52:04 by eja",
    "dcmmeta_affine": [
        [
            -2.395110845565796,
            0.005872162524610758,
            0.058637283742427826,
            115.68440246582031
        ],
        [
            -0.02576104924082756,
            2.03847074508667,
            -1.2607555389404297,
            -77.2530288696289
        ],
        [
            0.05288906395435333,
            1.2588165998458862,
            2.041337251663208,
            -85.84980773925781
        ],
        [
            0.0,
            0.0,
            0.0,
            1.0
        ]
    ],
    "dcmmeta_reorient_transform": [
        [
            0.0,
            -1.0,
            0.0,
            95.0
        ],
        [
            1.0,
            0.0,
            0.0,
            0.0
        ],
        [
            0.0,
            0.0,
            1.0,
            0.0
        ],
        [
            0.0,
            0.0,
            0.0,
            1.0
        ]
    ],
    "dcmmeta_shape": [
        96,
        96,
        64,
        318
    ],
    "dcmmeta_slice_dim": 2,
    "dcmmeta_version": 0.6,
    "global": {
        "const": {
            "AcquisitionMatrix": [
                96,
                0,
                0,
                96
            ],
            "AngioFlag": "N",
            "BitsAllocated": 16,
            "BitsStored": 16,
            "BodyPartExamined": "BRAIN",
            "Columns": 768,
            "EchoNumbers": 1,
            "EchoTime": 30.0,
            "EchoTrainLength": 48,
            "FlipAngle": 63.0,
            "HighBit": 15,
            "ImageOrientationPatient": [
                0.99969848465497,
                0.0107524381685,
                0.02207543548792,
                0.00245098971894,
                0.85084003079271,
                -0.5254191038115
            ],
            "ImagePositionPatient": [
                -922.97255754998,
                -809.9836162413,
                438.92940618569
            ],
            "ImageType": [
                "ORIGINAL",
                "PRIMARY",
                "M",
                "ND",
                "NORM",
                "MOSAIC"
            ],
            "ImagedNucleus": "1H",
            "ImagingFrequency": 123.193202,
            "InPlanePhaseEncodingDirection": "COL",
            "MRAcquisitionType": "2D",
            "MagneticFieldStrength": 3.0,
            "Manufacturer": "SIEMENS",
            "ManufacturerModelName": "Skyra",
            "Modality": "MR",
            "NumberOfAverages": 1.0,
            "NumberOfPhaseEncodingSteps": 96,
            "PercentPhaseFieldOfView": 100.0,
            "PercentSampling": 100.0,
            "PerformedProcedureStepStartTime": "073121.984000",
            "PhotometricInterpretation": "MONOCHROME2",
            "PixelBandwidth": 2005.0,
            "PixelRepresentation": 0,
            "PixelSpacing": [
                2.3958332538605,
                2.3958332538605
            ],
            "ProtocolName": "Breath_Hold",
            "RepetitionTime": 1160.0,
            "Rows": 768,
            "SAR": 0.09594354331966,
            "SamplesPerPixel": 1,
            "ScanOptions": "FS",
            "ScanningSequence": "EP",
            "SequenceName": "epfid2d1_96",
            "SequenceVariant": "SK",
            "SeriesDescription": "Breath_Hold",
            "SeriesNumber": 10,
            "SeriesTime": "075904.468000",
            "SliceLocation": -29.611583043317,
            "SliceThickness": 2.0,
            "SmallestImagePixelValue": 0,
            "SoftwareVersions": "syngo MR D11",
            "SpacingBetweenSlices": 2.4000000697867,
            "SpecificCharacterSet": "ISO_IR 100",
            "StudyID": "1",
            "StudyTime": "073121.875000",
            "TransmitCoilName": "Body",
            "VariableFlipAngleFlag": "N",
            "WindowCenterWidthExplanation": "Algo1",
            "dBdt": 0.0
        },
