{
    "Modality": "MR",
    "MagneticFieldStrength": 3,
    "ImagingFrequency": 123.256,
    "Manufacturer": "Siemens",
    "ManufacturersModelName": "TrioTim",
    "InstitutionName": "Washington University",
    "InstitutionalDepartmentName": "Department",
    "InstitutionAddress": "Scott Ave. 4525,St. Louis,MO,US,63110",
    "DeviceSerialNumber": "35177",
    "StationName": "MRC35177",
    "BodyPartExamined": "HEAD",
    "PatientPosition": "HFS",
    "ProcedureStepDescription": "head^Laumann",
    "SoftwareVersions": "syngo MR B17",
    "MRAcquisitionType": "2D",
    "SeriesDescription": "RSFC_240Frames_EO_32Slices",
    "ProtocolName": "RSFC_240Frames_EO_32Slices",
    "ScanningSequence": "EP",
    "SequenceVariant": "SK",
    "ScanOptions": "FS",
    "SequenceName": "*epfid2d1_64",
    "ImageType": [
        "ORIGINAL",
        "PRIMARY",
        "M",
        "ND",
        "NORM",
        "MOSAIC"
    ],
    "SeriesNumber": 9,
    "AcquisitionTime": "13:30:41.577500",
    "AcquisitionNumber": 1,
    "SliceThickness": 4,
    "SpacingBetweenSlices": 4,
    "SAR": 0.132066,
    "EchoTime": 0.027,
    "RepetitionTime": 2.5,
    "FlipAngle": 90,
    "PartialFourier": 1,
    "BaseResolution": 64,
    "ShimSetting": [
        -228,
        -19563,
        8005,
        330,
        69,
        -227,
        -54,
        -41
    ],
    "TxRefAmp": 321.613,
    "PhaseResolution": 1,
    "ReceiveCoilName": "HeadMatrix",
    "CoilString": "t:HEA;HEP",
    "PulseSequenceDetails": "%SiemensSeq%\\ep2d_bold",
    "PercentPhaseFOV": 100,
    "PercentSampling": 100,
    "PhaseEncodingSteps": 64,
    "AcquisitionMatrixPE": 64,
    "ReconMatrixPE": 64,
    "BandwidthPerPixelPhaseEncode": 26.483,
    "EffectiveEchoSpacing": 0.000590001,
    "DerivedVendorReportedEchoSpacing": 0.000590001,
    "TotalReadoutTime": 0.0371701,
    "PixelBandwidth": 1905,
    "DwellTime": 4.1e-06,
    "PhaseEncodingDirection": "j-",
    "SliceTiming": [
        1.255,
        0,
        1.335,
        0.08,
        1.4125,
        0.1575,
        1.49,
        0.235,
        1.57,
        0.315,
        1.6475,
        0.3925,
        1.725,
        0.4725,
        1.805,
        0.55,
        1.8825,
        0.6275,
        1.9625,
        0.7075,
        2.04,
        0.785,
        2.1175,
        0.8625,
        2.1975,
        0.9425,
        2.275,
        1.02,
        2.3525,
        1.0975,
        2.4325,
        1.1775
    ],
    "ImageOrientationPatientDICOM": [
        0.999828,
        -0.0134851,
        -0.0126967,
        0.0109941,
        0.983769,
        -0.1791
    ],
    "InPlanePhaseEncodingDirectionDICOM": "COL",
    "ConversionSoftware": "dcm2niix",
    "ConversionSoftwareVersion": "v1.0.20210317",
    "TaskName": "restEyesOpen"
}