{"AcquisitionMatrixPE": 128, "AcquisitionNumber": 1, "AcquisitionTime": "07:32:56.630000", "BandwidthPerPixelPhaseEncode": 20.292, "BaseResolution": 128, "BodyPartExamined": "BRAIN", "ConsistencyInfo": "N4_VD11D_LATEST_20110129", "ConversionSoftware": "dcm2niix", "ConversionSoftwareVersion": "v1.0.20210317", "DerivedVendorReportedEchoSpacing": 0.000770008, "DeviceSerialNumber": "45239", "DiffusionScheme": "Monopolar", "DwellTime": 2.4e-06, "EchoTime": 0.092, "EchoTrainLength": 51, "EffectiveEchoSpacing": 0.000385004, "FlipAngle": 90, "ImageComments": "Unaliased MB3/PE3", "ImageOrientationPatientDICOM": [1, -2.05103e-10, 0, 2.05103e-10, 1, 0], "ImageType": ["ORIGINAL", "PRIMARY", "DIFFUSION", "NONE", "ND", "NORM", "MOSAIC"], "ImagingFrequency": 123.193, "InPlanePhaseEncodingDirectionDICOM": "ROW", "InstitutionAddress": "E 24th St. 100,Austin,Southmiddle,US,78712", "InstitutionName": "Univ of Texas at Austin", "InstitutionalDepartmentName": "IRC", "MRAcquisitionType": "2D", "MagneticFieldStrength": 3, "Manufacturer": "Siemens", "ManufacturersModelName": "Skyra", "Modality": "MR", "MultibandAccelerationFactor": 3, "ParallelReductionFactorInPlane": 2, "PartialFourier": 0.75, "PatientPosition": "HFS", "PercentPhaseFOV": 100, "PercentSampling": 100, "PhaseEncodingDirection": "i", "PhaseEncodingSteps": 102, "PhaseResolution": 1, "PixelBandwidth": 1630, "ProcedureStepDescription": "Poldrack2^self-scanning", "ProtocolName": "MBEPI with MDDW R-L", "PulseSequenceDetails": "%CustomerSeq%\\cmrr_mbep2d_diff", "ReceiveCoilActiveElements": "HEA;HEP", "ReceiveCoilName": "Head_32", "ReconMatrixPE": 128, "RefLinesPE": 76, "RepetitionTime": 5, "SAR": 0.125492, "ScanOptions": "PFP\\FS", "ScanningSequence": "EP", "SequenceName": "ep_b5#1", "SequenceVariant": "SK", "SeriesDescription": "MBEPI with MDDW R-L", "SeriesNumber": 13, "ShimSetting": [-2793, 8075, -15474, 124, -279, 147, 261, -136], "SliceThickness": 1.7, "SliceTiming": [0, 3.6375, 2.2975, 0.9575, 4.595, 3.255, 1.915, 0.575, 4.2125, 2.8725, 1.5325, 0.19, 3.83, 2.49, 1.1475, 4.7875, 3.4475, 2.105, 0.765, 4.405, 3.0625, 1.7225, 0.3825, 4.0225, 2.68, 1.34, 0, 3.6375, 2.2975, 0.9575, 4.595, 3.255, 1.915, 0.575, 4.2125, 2.8725, 1.5325, 0.19, 3.83, 2.49, 1.1475, 4.7875, 3.4475, 2.105, 0.765, 4.405, 3.0625, 1.7225, 0.3825, 4.0225, 2.68, 1.34, 0, 3.6375, 2.2975, 0.9575, 4.595, 3.255, 1.915, 0.575, 4.2125, 2.8725, 1.5325, 0.19, 3.83, 2.49, 1.1475, 4.7875, 3.4475, 2.105, 0.765, 4.405, 3.0625, 1.7225, 0.3825, 4.0225, 2.68, 1.34], "SoftwareVersions": "syngo MR D11", "SpacingBetweenSlices": 1.7, "StationName": "AWP45239", "TotalReadoutTime": 0.0488955, "TxRefAmp": 330.321, "WipMemBlock": "0587963c-ebea-4f60-822e-d0b53aa24361||Sequence: VD11D r195; Nov 21 2012 15:37:02 by eja", "dcmmeta_affine": [[-1.7421875, 3.573285833891049e-10, 0.0, 111.5], [3.573285833891049e-10, 1.7421875, 0.0, -119.44304656982422], [0.0, 0.0, 1.7000000476837158, -24.28777313232422], [0.0, 0.0, 0.0, 1.0]], "dcmmeta_reorient_transform": [[0.0, -1.0, 0.0, 127.0], [1.0, 0.0, 0.0, 0.0], [0.0, 0.0, 1.0, 0.0], [0.0, 0.0, 0.0, 1.0]], "dcmmeta_shape": [128, 128, 78, 64], "dcmmeta_slice_dim": 2, "dcmmeta_version": 0.6, "global": {"const": {"AcquisitionMatrix": [0, 128, 128, 0], "AngioFlag": "N", "BitsAllocated": 16, "BitsStored": 16, "BodyPartExamined": "BRAIN", "Columns": 1152, "EchoNumbers": 1, "EchoTime": 92.0, "EchoTrainLength": 51, "FlipAngle": 90.0, "HighBit": 15, "ImageOrientationPatient": [1.0, -2.051034e-10, 0.0, 2.051034e-10, 1.0, 0.0], "ImagePositionPatient": [-1003.5000002058, -993.81476953905, -24.287773132324], "ImageType": ["ORIGINAL", "PRIMARY", "DIFFUSION", "NONE", "ND", "NORM", "MOSAIC"], "ImagedNucleus": "1H", "ImagingFrequency": 123.193427, "InPlanePhaseEncodingDirection": "ROW", "MRAcquisitionType": "2D", "MagneticFieldStrength": 3.0, "Manufacturer": "SIEMENS", "ManufacturerModelName": "Skyra", "Modality": "MR", "NumberOfAverages": 1.0, "NumberOfPhaseEncodingSteps": 102, "PercentPhaseFieldOfView": 100.0, "PercentSampling": 100.0, "PerformedProcedureStepStartTime": "070459.281000", "PhotometricInterpretation": "MONOCHROME2", "PixelBandwidth": 1630.0, "PixelRepresentation": 0, "PixelSpacing": [1.7421875, 1.7421875], "ProtocolName": "MBEPI with MDDW R-L", "RepetitionTime": 5000.0, "Rows": 1152, "SAR": 0.12549225649805, "SamplesPerPixel": 1, "ScanOptions": ["PFP", "FS"], "ScanningSequence": "EP", "SequenceVariant": "SK", "SeriesDescription": "MBEPI with MDDW R-L", "SeriesNumber": 13, "SeriesTime": "073428.296000", "SliceLocation": -24.287773132324, "SliceThickness": 1.7000000476837, "SmallestImagePixelValue": 0, "SoftwareVersions": "syngo MR D11", "SpacingBetweenSlices": 1.7000000198166, "SpecificCharacterSet": "ISO_IR 100", "StudyID": "1", "StudyTime": "070459.250000", "TransmitCoilName": "Body", "VariableFlipAngleFlag": "N", "WindowCenterWidthExplanation": "Algo1", "dBdt": 0.0}, "slices": {}}, "time": {"samples": {"AcquisitionNumber": [1, 2, 3, 4, 5, 6, 7, 8, 9, 10, 11, 12, 13, 14, 15, 16, 17, 18, 19, 20, 21, 22, 23, 24, 25, 26, 27, 28, 29, 30, 31, 32, 33, 34, 35, 36, 37, 38, 39, 40, 41, 42, 43, 44, 45, 46, 47, 48, 49, 50, 51, 52, 53, 54, 55, 56, 57, 58, 59, 60, 61, 62, 63, 64], "AcquisitionTime": ["073256.630000", "073426.630000", "073431.630000", "073436.630000", "073441.630000", "073446.630000", "073451.630000", "073456.630000", "073501.630000", "073506.630000", "073511.630000", "073516.630000", "073521.630000", "073526.630000", "073531.630000", "073536.630000", "073541.630000", "073546.630000", "073551.630000", "073556.630000", "073601.630000", "073606.630000", "073611.630000", "073616.630000", "073621.630000", "073626.630000", "073631.630000", "073636.630000", "073641.630000", "073646.630000", "073651.630000", "073656.630000", "073701.630000", "073706.630000", "073711.630000", "073716.630000", "073721.630000", "073726.630000", "073731.630000", "073736.630000", "073741.630000", "073746.630000", "073751.630000", "073756.630000", "073801.630000", "073806.630000", "073811.630000", "073816.630000", "073821.630000", "073826.630000", "073831.630000", "073836.630000", "073841.630000", "073846.630000", "073851.630000", "073856.630000", "073901.630000", "073906.630000", "073911.630000", "073916.630000", "073921.630000", "073926.630000", "073931.630000", "073936.630000"], "ContentTime": ["073428.296000", "073433.062000", "073438.062000", "073443.062000", "073448.062000", "073453.062000", "073458.062000", "073503.062000", "073508.062000", "073513.062000", "073518.062000", "073523.062000", "073528.062000", "073533.062000", "073538.062000", "073543.062000", "073548.062000", "073553.062000", "073558.062000", "073603.062000", "073608.062000", "073613.062000", "073618.062000", "073623.062000", "073628.062000", "073633.062000", "073638.062000", "073643.062000", "073648.062000", "073653.062000", "073658.062000", "073703.062000", "073708.062000", "073713.062000", "073718.062000", "073723.062000", "073728.062000", "073733.062000", "073738.062000", "073743.062000", "073748.062000", "073753.062000", "073758.062000", "073803.062000", "073808.062000", "073813.062000", "073818.062000", "073823.062000", "073828.062000", "073833.062000", "073838.062000", "073843.078000", "073848.062000", "073853.062000", "073858.062000", "073903.062000", "073908.062000", "073913.062000", "073918.062000", "073923.062000", "073928.062000", "073933.062000", "073938.062000", "073942.375000"], "InstanceCreationTime": ["073428.296000", "073433.062000", "073438.062000", "073443.062000", "073448.062000", "073453.062000", "073458.062000", "073503.062000", "073508.062000", "073513.062000", "073518.062000", "073523.062000", "073528.062000", "073533.062000", "073538.062000", "073543.062000", "073548.062000", "073553.062000", "073558.062000", "073603.062000", "073608.062000", "073613.062000", "073618.062000", "073623.062000", "073628.062000", "073633.062000", "073638.062000", "073643.062000", "073648.062000", "073653.062000", "073658.062000", "073703.062000", "073708.062000", "073713.062000", "073718.062000", "073723.062000", "073728.062000", "073733.062000", "073738.062000", "073743.062000", "073748.062000", "073753.062000", "073758.062000", "073803.062000", "073808.062000", "073813.062000", "073818.062000", "073823.062000", "073828.062000", "073833.062000", "073838.062000", "073843.078000", "073848.062000", "073853.062000", "073858.062000", "073903.062000", "073908.062000", "073913.062000", "073918.062000", "073923.062000", "073928.062000", "073933.062000", "073938.062000", "073942.375000"], "InstanceNumber": [1, 2, 3, 4, 5, 6, 7, 8, 9, 10, 11, 12, 13, 14, 15, 16, 17, 18, 19, 20, 21, 22, 23, 24, 25, 26, 27, 28, 29, 30, 31, 32, 33, 34, 35, 36, 37, 38, 39, 40, 41, 42, 43, 44, 45, 46, 47, 48, 49, 50, 51, 52, 53, 54, 55, 56, 57, 58, 59, 60, 61, 62, 63, 64], "LargestImagePixelValue": [65535, 21356, 21407, 24052, 18783, 19000, 20058, 19560, 22902, 21407, 19289, 19321, 22254, 20231, 20280, 21406, 63984, 21419, 19954, 21606, 21437, 25034, 22956, 21233, 20339, 20678, 22086, 23872, 23336, 22787, 21858, 22756, 65535, 12527, 11104, 13283, 10484, 10277, 10787, 10478, 12910, 11995, 10183, 10442, 13228, 10840, 12529, 11749, 63367, 10419, 10130, 12240, 12407, 14031, 14084, 12855, 10185, 9535, 10862, 13994, 11806, 12564, 12666, 13565], "SequenceName": ["ep_b5#1", "ep_b995#2", "ep_b995#3", "ep_b995#4", "ep_b995#5", "ep_b1000#6", "ep_b1000#7", "ep_b995#8", "ep_b995#9", "ep_b995#10", "ep_b1000#11", "ep_b1000#12", "ep_b1005#13", "ep_b1005#14", "ep_b1000#15", "ep_b1005#16", "ep_b5#17", "ep_b1005#18", "ep_b1000#19", "ep_b1005#20", "ep_b1005#21", "ep_b995#22", "ep_b1005#23", "ep_b1000#24", "ep_b1000#25", "ep_b1000#26", "ep_b995#27", "ep_b995#28", "ep_b995#29", "ep_b1000#30", "ep_b1005#31", "ep_b1000#32", "ep_b5#1", "ep_b1990#2", "ep_b1990#3", "ep_b1990#4", "ep_b1995#5", "ep_b1995#6", "ep_b2000#7", "ep_b1995#8", "ep_b1990#9", "ep_b1995#10", "ep_b2000#11", "ep_b2000#12", "ep_b2010#13", "ep_b2005#14", "ep_b2000#15", "ep_b2005#16", "ep_b5#17", "ep_b2005#18", "ep_b2005#19", "ep_b2005#20", "ep_b2010#21", "ep_b1990#22", "ep_b2010#23", "ep_b2000#24", "ep_b2000#25", "ep_b1995#26", "ep_b1995#27", "ep_b1995#28", "ep_b1995#29", "ep_b2000#30", "ep_b2005#31", "ep_b2000#32"], "WindowCenter": [8041.0, 3578.0, 3584.0, 3648.0, 3575.0, 3586.0, 3587.0, 3603.0, 3619.0, 3616.0, 3620.0, 3611.0, 3611.0, 3637.0, 3638.0, 3648.0, 8051.0, 3623.0, 3632.0, 3643.0, 3616.0, 3645.0, 3617.0, 3614.0, 3615.0, 3600.0, 3583.0, 3644.0, 3602.0, 3616.0, 3630.0, 3646.0, 8025.0, 2348.0, 2327.0, 2398.0, 2317.0, 2322.0, 2377.0, 2349.0, 2392.0, 2410.0, 2364.0, 2381.0, 2408.0, 2399.0, 2455.0, 2441.0, 8046.0, 2387.0, 2387.0, 2413.0, 2414.0, 2445.0, 2397.0, 2393.0, 2357.0, 2326.0, 2311.0, 2428.0, 2372.0, 2384.0, 2415.0, 2461.0], "WindowWidth": [17663.0, 8145.0, 8167.0, 8301.0, 8133.0, 8148.0, 8157.0, 8184.0, 8222.0, 8211.0, 8223.0, 8199.0, 8217.0, 8263.0, 8265.0, 8284.0, 17687.0, 8235.0, 8245.0, 8282.0, 8228.0, 8291.0, 8234.0, 8224.0, 8209.0, 8175.0, 8161.0, 8292.0, 8208.0, 8236.0, 8262.0, 8296.0, 17629.0, 5667.0, 5638.0, 5782.0, 5603.0, 5627.0, 5730.0, 5676.0, 5757.0, 5799.0, 5709.0, 5752.0, 5789.0, 5782.0, 5898.0, 5870.0, 17662.0, 5765.0, 5774.0, 5812.0, 5809.0, 5878.0, 5776.0, 5763.0, 5707.0, 5638.0, 5606.0, 5844.0, 5733.0, 5753.0, 5819.0, 5916.0]}, "slices": {}}}