{"AcquisitionMatrixPE": 128, "AcquisitionNumber": 1, "AcquisitionTime": "07:40:27.425000", "BandwidthPerPixelPhaseEncode": 20.292, "BaseResolution": 128, "BodyPartExamined": "BRAIN", "ConsistencyInfo": "N4_VD11D_LATEST_20110129", "ConversionSoftware": "dcm2niix", "ConversionSoftwareVersion": "v1.0.20210317", "DerivedVendorReportedEchoSpacing": 0.000770008, "DeviceSerialNumber": "45239", "DiffusionScheme": "Monopolar", "DwellTime": 2.4e-06, "EchoTime": 0.092, "EchoTrainLength": 51, "EffectiveEchoSpacing": 0.000385004, "FlipAngle": 90, "ImageComments": "Unaliased MB3/PE3", "ImageOrientationPatientDICOM": [1, -1e-16, 0, 1e-16, 1, 0], "ImageType": ["ORIGINAL", "PRIMARY", "DIFFUSION", "NONE", "ND", "NORM", "MOSAIC"], "ImagingFrequency": 123.193, "InPlanePhaseEncodingDirectionDICOM": "ROW", "InstitutionAddress": "E 24th St. 100,Austin,Southmiddle,US,78712", "InstitutionName": "Univ of Texas at Austin", "InstitutionalDepartmentName": "IRC", "MRAcquisitionType": "2D", "MagneticFieldStrength": 3, "Manufacturer": "Siemens", "ManufacturersModelName": "Skyra", "Modality": "MR", "MultibandAccelerationFactor": 3, "ParallelReductionFactorInPlane": 2, "PartialFourier": 0.75, "PatientPosition": "HFS", "PercentPhaseFOV": 100, "PercentSampling": 100, "PhaseEncodingDirection": "i-", "PhaseEncodingSteps": 102, "PhaseResolution": 1, "PixelBandwidth": 1630, "ProcedureStepDescription": "Poldrack2^self-scanning", "ProtocolName": "MBEPI with MDDW L-R", "PulseSequenceDetails": "%CustomerSeq%\\cmrr_mbep2d_diff", "ReceiveCoilActiveElements": "HEA;HEP", "ReceiveCoilName": "Head_32", "ReconMatrixPE": 128, "RefLinesPE": 76, "RepetitionTime": 5, "SAR": 0.125492, "ScanOptions": "PFP\\FS", "ScanningSequence": "EP", "SequenceName": "ep_b5#1", "SequenceVariant": "SK", "SeriesDescription": "MBEPI with MDDW L-R", "SeriesNumber": 16, "ShimSetting": [-2793, 8075, -15474, 124, -279, 147, 261, -136], "SliceThickness": 1.7, "SliceTiming": [0, 3.64, 2.3, 0.9575, 4.5975, 3.2575, 1.915, 0.575, 4.215, 2.8725, 1.5325, 0.1925, 3.8325, 2.49, 1.15, 4.79, 3.4475, 2.1075, 0.7675, 4.405, 3.065, 1.725, 0.385, 4.0225, 2.6825, 1.3425, 0, 3.64, 2.3, 0.9575, 4.5975, 3.2575, 1.915, 0.575, 4.215, 2.8725, 1.5325, 0.1925, 3.8325, 2.49, 1.15, 4.79, 3.4475, 2.1075, 0.7675, 4.405, 3.065, 1.725, 0.385, 4.0225, 2.6825, 1.3425, 0, 3.64, 2.3, 0.9575, 4.5975, 3.2575, 1.915, 0.575, 4.215, 2.8725, 1.5325, 0.1925, 3.8325, 2.49, 1.15, 4.79, 3.4475, 2.1075, 0.7675, 4.405, 3.065, 1.725, 0.385, 4.0225, 2.6825, 1.3425], "SoftwareVersions": "syngo MR D11", "SpacingBetweenSlices": 1.7, "StationName": "AWP45239", "TotalReadoutTime": 0.0488955, "TxRefAmp": 330.321, "WipMemBlock": "7959e1b1-714e-4bd4-919e-8b1464bd2d16||Sequence: VD11D r195; Nov 21 2012 15:37:02 by eja", "dcmmeta_affine": [[-1.7421875, 1.7421875567777916e-16, 0.0, 111.5], [1.7421875567777916e-16, 1.7421875, 0.0, -119.44304656982422], [0.0, 0.0, 1.7000000476837158, -24.28777313232422], [0.0, 0.0, 0.0, 1.0]], "dcmmeta_reorient_transform": [[0.0, -1.0, 0.0, 127.0], [1.0, 0.0, 0.0, 0.0], [0.0, 0.0, 1.0, 0.0], [0.0, 0.0, 0.0, 1.0]], "dcmmeta_shape": [128, 128, 78, 64], "dcmmeta_slice_dim": 2, "dcmmeta_version": 0.6, "global": {"const": {"AcquisitionMatrix": [0, 128, 128, 0], "AngioFlag": "N", "BitsAllocated": 16, "BitsStored": 16, "BodyPartExamined": "BRAIN", "Columns": 1152, "EchoNumbers": 1, "EchoTime": 92.0, "EchoTrainLength": 51, "FlipAngle": 90.0, "HighBit": 15, "ImageOrientationPatient": [1.0, -1e-16, 0.0, 1e-16, 1.0, 0.0], "ImagePositionPatient": [-1003.5, -993.81476974487, -24.287773132324], "ImageType": ["ORIGINAL", "PRIMARY", "DIFFUSION", "NONE", "ND", "NORM", "MOSAIC"], "ImagedNucleus": "1H", "ImagingFrequency": 123.193441, "InPlanePhaseEncodingDirection": "ROW", "MRAcquisitionType": "2D", "MagneticFieldStrength": 3.0, "Manufacturer": "SIEMENS", "ManufacturerModelName": "Skyra", "Modality": "MR", "NumberOfAverages": 1.0, "NumberOfPhaseEncodingSteps": 102, "PercentPhaseFieldOfView": 100.0, "PercentSampling": 100.0, "PerformedProcedureStepStartTime": "070459.281000", "PhotometricInterpretation": "MONOCHROME2", "PixelBandwidth": 1630.0, "PixelRepresentation": 0, "PixelSpacing": [1.7421875, 1.7421875], "ProtocolName": "MBEPI with MDDW L-R", "RepetitionTime": 5000.0, "Rows": 1152, "SAR": 0.12549225649805, "SamplesPerPixel": 1, "ScanOptions": ["PFP", "FS"], "ScanningSequence": "EP", "SequenceVariant": "SK", "SeriesDescription": "MBEPI with MDDW L-R", "SeriesNumber": 16, "SeriesTime": "074159.406000", "SliceLocation": -24.287773132324, "SliceThickness": 1.7000000476837, "SmallestImagePixelValue": 0, "SoftwareVersions": "syngo MR D11", "SpacingBetweenSlices": 1.7000000198166, "SpecificCharacterSet": "ISO_IR 100", "StudyID": "1", "StudyTime": "070459.250000", "TransmitCoilName": "Body", "VariableFlipAngleFlag": "N", "WindowCenterWidthExplanation": "Algo1", "dBdt": 0.0}, "slices": {}}, "time": {"samples": {"AcquisitionNumber": [1, 2, 3, 4, 5, 6, 7, 8, 9, 10, 11, 12, 13, 14, 15, 16, 17, 18, 19, 20, 21, 22, 23, 24, 25, 26, 27, 28, 29, 30, 31, 32, 33, 34, 35, 36, 37, 38, 39, 40, 41, 42, 43, 44, 45, 46, 47, 48, 49, 50, 51, 52, 53, 54, 55, 56, 57, 58, 59, 60, 61, 62, 63, 64], "AcquisitionTime": ["074027.425000", "074157.425000", "074202.425000", "074207.425000", "074212.425000", "074217.425000", "074222.425000", "074227.425000", "074232.425000", "074237.425000", "074242.425000", "074247.425000", "074252.425000", "074257.425000", "074302.425000", "074307.425000", "074312.425000", "074317.425000", "074322.425000", "074327.425000", "074332.425000", "074337.425000", "074342.425000", "074347.425000", "074352.425000", "074357.425000", "074402.425000", "074407.425000", "074412.425000", "074417.425000", "074422.425000", "074427.425000", "074432.427500", "074437.427500", "074442.427500", "074447.427500", "074452.427500", "074457.427500", "074502.427500", "074507.427500", "074512.427500", "074517.427500", "074522.427500", "074527.427500", "074532.427500", "074537.427500", "074542.427500", "074547.427500", "074552.427500", "074557.427500", "074602.427500", "074607.427500", "074612.427500", "074617.427500", "074622.427500", "074627.427500", "074632.427500", "074637.427500", "074642.427500", "074647.427500", "074652.427500", "074657.427500", "074702.427500", "074707.427500"], "ContentTime": ["074159.406000", "074206.234000", "074211.234000", "074216.234000", "074221.234000", "074226.234000", "074231.234000", "074236.234000", "074241.234000", "074246.234000", "074251.234000", "074256.234000", "074301.234000", "074306.234000", "074311.234000", "074316.234000", "074321.234000", "074326.234000", "074331.234000", "074336.234000", "074341.234000", "074346.234000", "074351.234000", "074356.234000", "074401.234000", "074406.234000", "074411.234000", "074416.234000", "074421.234000", "074426.234000", "074431.234000", "074436.234000", "074441.234000", "074446.234000", "074451.234000", "074456.234000", "074501.234000", "074506.234000", "074511.234000", "074516.234000", "074521.234000", "074526.234000", "074531.234000", "074536.234000", "074541.234000", "074546.234000", "074551.234000", "074556.234000", "074601.234000", "074606.234000", "074611.234000", "074616.234000", "074621.234000", "074626.234000", "074631.234000", "074636.234000", "074641.234000", "074646.234000", "074651.234000", "074656.234000", "074701.234000", "074706.234000", "074711.234000", "074713.296000"], "InstanceCreationTime": ["074159.406000", "074206.234000", "074211.234000", "074216.234000", "074221.234000", "074226.234000", "074231.234000", "074236.234000", "074241.234000", "074246.234000", "074251.234000", "074256.234000", "074301.234000", "074306.234000", "074311.234000", "074316.234000", "074321.234000", "074326.234000", "074331.234000", "074336.234000", "074341.234000", "074346.234000", "074351.234000", "074356.234000", "074401.234000", "074406.234000", "074411.234000", "074416.234000", "074421.234000", "074426.234000", "074431.234000", "074436.234000", "074441.234000", "074446.234000", "074451.234000", "074456.234000", "074501.234000", "074506.234000", "074511.234000", "074516.234000", "074521.234000", "074526.234000", "074531.234000", "074536.234000", "074541.234000", "074546.234000", "074551.234000", "074556.234000", "074601.234000", "074606.234000", "074611.234000", "074616.234000", "074621.234000", "074626.234000", "074631.234000", "074636.234000", "074641.234000", "074646.234000", "074651.234000", "074656.234000", "074701.234000", "074706.234000", "074711.234000", "074713.296000"], "InstanceNumber": [1, 2, 3, 4, 5, 6, 7, 8, 9, 10, 11, 12, 13, 14, 15, 16, 17, 18, 19, 20, 21, 22, 23, 24, 25, 26, 27, 28, 29, 30, 31, 32, 33, 34, 35, 36, 37, 38, 39, 40, 41, 42, 43, 44, 45, 46, 47, 48, 49, 50, 51, 52, 53, 54, 55, 56, 57, 58, 59, 60, 61, 62, 63, 64], "LargestImagePixelValue": [65535, 28925, 28990, 28246, 25501, 23402, 25638, 27625, 29536, 30254, 23461, 23012, 27494, 24622, 27400, 27761, 65535, 25207, 21794, 26933, 26603, 31372, 28339, 24338, 22485, 22515, 26285, 26395, 26287, 27452, 26783, 27761, 65535, 14650, 17028, 16914, 13203, 12084, 12659, 13035, 16313, 14181, 11729, 11621, 14316, 14304, 14432, 13095, 65535, 12862, 11379, 14628, 14605, 17517, 16691, 12212, 10645, 12605, 13678, 15344, 12194, 15034, 14189, 15378], "SequenceName": ["ep_b5#1", "ep_b995#2", "ep_b995#3", "ep_b995#4", "ep_b995#5", "ep_b1000#6", "ep_b1000#7", "ep_b995#8", "ep_b995#9", "ep_b995#10", "ep_b1000#11", "ep_b1000#12", "ep_b1005#13", "ep_b1005#14", "ep_b1000#15", "ep_b1005#16", "ep_b5#17", "ep_b1005#18", "ep_b1000#19", "ep_b1005#20", "ep_b1005#21", "ep_b995#22", "ep_b1005#23", "ep_b1000#24", "ep_b1000#25", "ep_b1000#26", "ep_b995#27", "ep_b995#28", "ep_b995#29", "ep_b1000#30", "ep_b1005#31", "ep_b1000#32", "ep_b5#1", "ep_b1990#2", "ep_b1990#3", "ep_b1990#4", "ep_b1995#5", "ep_b1995#6", "ep_b2000#7", "ep_b1995#8", "ep_b1990#9", "ep_b1995#10", "ep_b2000#11", "ep_b2000#12", "ep_b2010#13", "ep_b2005#14", "ep_b2000#15", "ep_b2005#16", "ep_b5#17", "ep_b2005#18", "ep_b2005#19", "ep_b2005#20", "ep_b2010#21", "ep_b1990#22", "ep_b2010#23", "ep_b2000#24", "ep_b2000#25", "ep_b1995#26", "ep_b1995#27", "ep_b1995#28", "ep_b1995#29", "ep_b2000#30", "ep_b2005#31", "ep_b2000#32"], "WindowCenter": [8005.0, 3608.0, 3603.0, 3635.0, 3605.0, 3588.0, 3621.0, 3610.0, 3626.0, 3653.0, 3624.0, 3614.0, 3651.0, 3654.0, 3656.0, 3641.0, 7983.0, 3647.0, 3632.0, 3646.0, 3649.0, 3664.0, 3627.0, 3629.0, 3628.0, 3598.0, 3598.0, 3634.0, 3616.0, 3644.0, 3675.0, 3671.0, 7979.0, 2363.0, 2387.0, 2419.0, 2344.0, 2347.0, 2396.0, 2368.0, 2412.0, 2416.0, 2394.0, 2382.0, 2425.0, 2421.0, 2445.0, 2430.0, 7959.0, 2422.0, 2395.0, 2434.0, 2433.0, 2456.0, 2421.0, 2391.0, 2354.0, 2345.0, 2343.0, 2435.0, 2360.0, 2414.0, 2468.0, 2480.0], "WindowWidth": [17604.0, 8220.0, 8200.0, 8267.0, 8200.0, 8165.0, 8240.0, 8225.0, 8263.0, 8312.0, 8246.0, 8212.0, 8301.0, 8310.0, 8315.0, 8289.0, 17546.0, 8287.0, 8252.0, 8277.0, 8289.0, 8332.0, 8260.0, 8239.0, 8239.0, 8174.0, 8175.0, 8257.0, 8219.0, 8267.0, 8338.0, 8322.0, 17547.0, 5707.0, 5743.0, 5815.0, 5660.0, 5671.0, 5778.0, 5724.0, 5817.0, 5831.0, 5774.0, 5757.0, 5833.0, 5823.0, 5888.0, 5853.0, 17479.0, 5826.0, 5781.0, 5847.0, 5837.0, 5901.0, 5824.0, 5765.0, 5702.0, 5663.0, 5653.0, 5848.0, 5691.0, 5795.0, 5926.0, 5942.0]}, "slices": {}}}