{"AcquisitionMatrixPE": 96, "AcquisitionNumber": 1, "AcquisitionTime": "16:50:35.930000", "BandwidthPerPixelPhaseEncode": 33.602, "BaseResolution": 96, "BodyPartExamined": "BRAIN", "ConsistencyInfo": "N4_VD11D_LATEST_20110129", "ConversionSoftware": "dcm2niix", "ConversionSoftwareVersion": "v1.0.20210317", "DerivedVendorReportedEchoSpacing": 0.000620003, "DeviceSerialNumber": "45239", "DwellTime": 2.6e-06, "EchoTime": 0.03, "EchoTrainLength": 48, "EffectiveEchoSpacing": 0.000310001, "FlipAngle": 63, "ImageComments": "Unaliased MB4/PE3", "ImageOrientationPatientDICOM": [1, 0.000604607, -0.000349061, -0.000698136, 0.866025, -0.5], "ImageType": ["ORIGINAL", "PRIMARY", "M", "ND", "NORM", "MOSAIC"], "ImagingFrequency": 123.193, "InPlanePhaseEncodingDirectionDICOM": "COL", "InstitutionAddress": "E 24th St. 100,Austin,Southmiddle,US,78712", "InstitutionName": "Univ of Texas at Austin", "InstitutionalDepartmentName": "IRC", "MRAcquisitionType": "2D", "MagneticFieldStrength": 3, "Manufacturer": "Siemens", "ManufacturersModelName": "Skyra", "Modality": "MR", "MultibandAccelerationFactor": 4, "ParallelReductionFactorInPlane": 2, "PartialFourier": 1, "PatientPosition": "HFS", "PercentPhaseFOV": 100, "PercentSampling": 100, "PhaseEncodingDirection": "j-", "PhaseEncodingSteps": 96, "PhaseResolution": 1, "PixelBandwidth": 2005, "ProcedureStepDescription": "Poldrack2^self-scanning", "ProtocolName": "Resting State fMRI MBEPI_matrix96_BW2004", "PulseSequenceDetails": "%CustomerSeq%\\cmrr_mbep2d_bold", "ReceiveCoilActiveElements": "HEA;HEP", "ReceiveCoilName": "Head_32", "ReconMatrixPE": 96, "RefLinesPE": 94, "RepetitionTime": 1.16, "SAR": 0.10334, "ScanOptions": "FS", "ScanningSequence": "EP", "SequenceName": "epfid2d1_96", "SequenceVariant": "SK", "SeriesDescription": "Resting State fMRI MBEPI_matrix96_BW2004", "SeriesNumber": 9, "ShimSetting": [-2782, 8044, -15432, 150, -234, 82, 242, -118], "SliceThickness": 2, "SliceTiming": [0, 0.6125, 0.0675, 0.6825, 0.135, 0.75, 0.205, 0.8175, 0.2725, 0.885, 0.34, 0.955, 0.4075, 1.0225, 0.4775, 1.09, 0.545, 0, 0.6125, 0.0675, 0.6825, 0.135, 0.75, 0.205, 0.8175, 0.2725, 0.885, 0.34, 0.955, 0.4075, 1.0225, 0.4775, 1.09, 0.545, 0, 0.6125, 0.0675, 0.6825, 0.135, 0.75, 0.205, 0.8175, 0.2725, 0.885, 0.34, 0.955, 0.4075, 1.0225, 0.4775, 1.09, 0.545, 0, 0.6125, 0.0675, 0.6825, 0.135, 0.75, 0.205, 0.8175, 0.2725, 0.885, 0.34, 0.955, 0.4075, 1.0225, 0.4775, 1.09, 0.545], "SoftwareVersions": "syngo MR D11", "SpacingBetweenSlices": 2.4, "StationName": "AWP45239", "TaskName": "Resting fmri", "TotalReadoutTime": 0.0294501, "TxRefAmp": 333.367, "WipMemBlock": "d7f830fc-b690-4c06-a6a7-f50bc081ae1a||Sequence: VD11D r154; May 23 2012 22:27:19 by eja", "dcmmeta_affine": [[-2.3958327770233154, -0.0016726173926144838, 1.8283925484752217e-08, 116.16705322265625], [-0.001448538270778954, 2.0748519897460938, -1.2000000476837158, -78.20671081542969], [-0.0008362928638234735, 1.1979163885116577, 2.078460931777954, -87.92596435546875], [0.0, 0.0, 0.0, 1.0]], "dcmmeta_reorient_transform": [[0.0, -1.0, 0.0, 95.0], [1.0, 0.0, 0.0, 0.0], [0.0, 0.0, 1.0, 0.0], [0.0, 0.0, 0.0, 1.0]], "dcmmeta_shape": [96, 96, 68, 518], "dcmmeta_slice_dim": 2, "dcmmeta_version": 0.6, "global": {"const": {"AcquisitionMatrix": [96, 0, 0, 96], "AngioFlag": "N", "BitsAllocated": 16, "BitsStored": 16, "BodyPartExamined": "BRAIN", "Columns": 864, "EchoNumbers": 1, "EchoTime": 30.0, "EchoTrainLength": 48, "FlipAngle": 63.0, "HighBit": 15, "ImageOrientationPatient": [0.99999975630306, 0.00060460728838, -0.0003490613889, -0.0006981359655, 0.86602518959877, -0.4999998835866], "ImagePositionPatient": [-1035.3656145114, -916.20361224041, 486.19710316702], "ImageType": ["ORIGINAL", "PRIMARY", "M", "ND", "NORM", "MOSAIC"], "ImagedNucleus": "1H", "ImagingFrequency": 123.193373, "InPlanePhaseEncodingDirection": "COL", "MRAcquisitionType": "2D", "MagneticFieldStrength": 3.0, "Manufacturer": "SIEMENS", "ManufacturerModelName": "Skyra", "Modality": "MR", "NumberOfAverages": 1.0, "NumberOfPhaseEncodingSteps": 96, "PercentPhaseFieldOfView": 100.0, "PercentSampling": 100.0, "PerformedProcedureStepStartTime": "162616.109000", "PhotometricInterpretation": "MONOCHROME2", "PixelBandwidth": 2005.0, "PixelRepresentation": 0, "PixelSpacing": [2.3958332538605, 2.3958332538605], "ProtocolName": "Resting State fMRI MBEPI_matrix96_BW2004", "RepetitionTime": 1160.0, "Rows": 864, "SAR": 0.10334046644962, "SamplesPerPixel": 1, "ScanOptions": "FS", "ScanningSequence": "EP", "SequenceName": "epfid2d1_96", "SequenceVariant": "SK", "SeriesDescription": "Resting State fMRI MBEPI_matrix96_BW2004", "SeriesNumber": 9, "SeriesTime": "165123.078000", "SliceLocation": -37.042762143169, "SliceThickness": 2.0, "SmallestImagePixelValue": 0, "SoftwareVersions": "syngo MR D11", "SpacingBetweenSlices": 2.4000000437969, "SpecificCharacterSet": "ISO_IR 100", "StudyID": "1", "StudyTime": "162616.078000", "TransmitCoilName": "Body", "VariableFlipAngleFlag": "N", "WindowCenterWidthExplanation": "Algo1", "dBdt": 0.0}, "slices": {}}, "time": {"samples": {"AcquisitionNumber": [1, 2, 3, 4, 5, 6, 7, 8, 9, 10, 11, 12, 13, 14, 15, 16, 17, 18, 19, 20, 21, 22, 23, 24, 25, 26, 27, 28, 29, 30, 31, 32, 33, 34, 35, 36, 37, 38, 39, 40, 41, 42, 43, 44, 45, 46, 47, 48, 49, 50, 51, 52, 53, 54, 55, 56, 57, 58, 59, 60, 61, 62, 63, 64, 65, 66, 67, 68, 69, 70, 71, 72, 73, 74, 75, 76, 77, 78, 79, 80, 81, 82, 83, 84, 85, 86, 87, 88, 89, 90, 91, 92, 93, 94, 95, 96, 97, 98, 99, 100, 101, 102, 103, 104, 105, 106, 107, 108, 109, 110, 111, 112, 113, 114, 115, 116, 117, 118, 119, 120, 121, 122, 123, 124, 125, 126, 127, 128, 129, 130, 131, 132, 133, 134, 135, 136, 137, 138, 139, 140, 141, 142, 143, 144, 145, 146, 147, 148, 149, 150, 151, 152, 153, 154, 155, 156, 157, 158, 159, 160, 161, 162, 163, 164, 165, 166, 167, 168, 169, 170, 171, 172, 173, 174, 175, 176, 177, 178, 179, 180, 181, 182, 183, 184, 185, 186, 187, 188, 189, 190, 191, 192, 193, 194, 195, 196, 197, 198, 199, 200, 201, 202, 203, 204, 205, 206, 207, 208, 209, 210, 211, 212, 213, 214, 215, 216, 217, 218, 219, 220, 221, 222, 223, 224, 225, 226, 227, 228, 229, 230, 231, 232, 233, 234, 235, 236, 237, 238, 239, 240, 241, 242, 243, 244, 245, 246, 247, 248, 249, 250, 251, 252, 253, 254, 255, 256, 257, 258, 259, 260, 261, 262, 263, 264, 265, 266, 267, 268, 269, 270, 271, 272, 273, 274, 275, 276, 277, 278, 279, 280, 281, 282, 283, 284, 285, 286, 287, 288, 289, 290, 291, 292, 293, 294, 295, 296, 297, 298, 299, 300, 301, 302, 303, 304, 305, 306, 307, 308, 309, 310, 311, 312, 313, 314, 315, 316, 317, 318, 319, 320, 321, 322, 323, 324, 325, 326, 327, 328, 329, 330, 331, 332, 333, 334, 335, 336, 337, 338, 339, 340, 341, 342, 343, 344, 345, 346, 347, 348, 349, 350, 351, 352, 353, 354, 355, 356, 357, 358, 359, 360, 361, 362, 363, 364, 365, 366, 367, 368, 369, 370, 371, 372, 373, 374, 375, 376, 377, 378, 379, 380, 381, 382, 383, 384, 385, 386, 387, 388, 389, 390, 391, 392, 393, 394, 395, 396, 397, 398, 399, 400, 401, 402, 403, 404, 405, 406, 407, 408, 409, 410, 411, 412, 413, 414, 415, 416, 417, 418, 419, 420, 421, 422, 423, 424, 425, 426, 427, 428, 429, 430, 431, 432, 433, 434, 435, 436, 437, 438, 439, 440, 441, 442, 443, 444, 445, 446, 447, 448, 449, 450, 451, 452, 453, 454, 455, 456, 457, 458, 459, 460, 461, 462, 463, 464, 465, 466, 467, 468, 469, 470, 471, 472, 473, 474, 475, 476, 477, 478, 479, 480, 481, 482, 483, 484, 485, 486, 487, 488, 489, 490, 491, 492, 493, 494, 495, 496, 497, 498, 499, 500, 501, 502, 503, 504, 505, 506, 507, 508, 509, 510, 511, 512, 513, 514, 515, 516, 517, 518], "AcquisitionTime": ["165035.930000", "165104.930000", "165106.090000", "165107.250000", "165108.410000", "165109.570000", "165110.730000", "165111.890000", "165113.050000", "165114.210000", "165115.370000", "165116.530000", "165117.690000", "165118.850000", "165120.010000", "165121.170000", "165122.330000", "165123.490000", "165124.650000", "165125.810000", "165126.970000", "165128.130000", "165129.290000", "165130.450000", "165131.610000", "165132.770000", "165133.930000", "165135.090000", "165136.250000", "165137.410000", "165138.570000", "165139.730000", "165140.890000", "165142.050000", "165143.210000", "165144.370000", "165145.530000", "165146.690000", "165147.850000", "165149.010000", "165150.170000", "165151.330000", "165152.490000", "165153.650000", "165154.810000", "165155.970000", "165157.130000", "165158.290000", "165159.450000", "165200.610000", "165201.770000", "165202.930000", "165204.090000", "165205.250000", "165206.410000", "165207.570000", "165208.730000", "165209.890000", "165211.050000", "165212.210000", "165213.370000", "165214.530000", "165215.690000", "165216.850000", "165218.010000", "165219.170000", "165220.330000", "165221.490000", "165222.650000", "165223.810000", "165224.970000", "165226.130000", "165227.290000", "165228.450000", "165229.610000", "165230.770000", "165231.930000", "165233.090000", "165234.250000", "165235.410000", "165236.570000", "165237.730000", "165238.890000", "165240.050000", "165241.210000", "165242.370000", "165243.530000", "165244.690000", "165245.850000", "165247.010000", "165248.170000", "165249.330000", "165250.490000", "165251.650000", "165252.810000", "165253.970000", "165255.130000", "165256.290000", "165257.450000", "165258.610000", "165259.770000", "165300.930000", "165302.090000", "165303.250000", "165304.410000", "165305.570000", "165306.730000", "165307.890000", "165309.050000", "165310.210000", "165311.370000", "165312.530000", "165313.690000", "165314.850000", "165316.010000", "165317.170000", "165318.330000", "165319.490000", "165320.650000", "165321.810000", "165322.970000", "165324.130000", "165325.290000", "165326.450000", "165327.610000", "165328.770000", "165329.930000", "165331.090000", "165332.250000", "165333.410000", "165334.570000", "165335.730000", "165336.890000", "165338.050000", "165339.210000", "165340.370000", "165341.530000", "165342.690000", "165343.850000", "165345.010000", "165346.170000", "165347.330000", "165348.490000", "165349.650000", "165350.810000", "165351.970000", "165353.130000", "165354.290000", "165355.450000", "165356.610000", "165357.770000", "165358.930000", "165400.090000", "165401.250000", "165402.410000", "165403.570000", "165404.730000", "165405.890000", "165407.050000", "165408.210000", "165409.370000", "165410.530000", "165411.690000", "165412.850000", "165414.010000", "165415.170000", "165416.330000", "165417.490000", "165418.650000", "165419.810000", "165420.970000", "165422.130000", "165423.290000", "165424.450000", "165425.610000", "165426.770000", "165427.930000", "165429.090000", "165430.250000", "165431.410000", "165432.570000", "165433.730000", "165434.890000", "165436.050000", "165437.210000", "165438.370000", "165439.530000", "165440.690000", "165441.850000", "165443.010000", "165444.170000", "165445.330000", "165446.490000", "165447.650000", "165448.810000", "165449.970000", "165451.130000", "165452.290000", "165453.450000", "165454.610000", "165455.770000", "165456.930000", "165458.090000", "165459.250000", "165500.410000", "165501.570000", "165502.730000", "165503.890000", "165505.050000", "165506.210000", "165507.370000", "165508.530000", "165509.690000", "165510.850000", "165512.010000", "165513.170000", "165514.330000", "165515.490000", "165516.650000", "165517.810000", "165518.970000", "165520.130000", "165521.290000", "165522.450000", "165523.610000", "165524.770000", "165525.930000", "165527.090000", "165528.250000", "165529.410000", "165530.570000", "165531.730000", "165532.890000", "165534.050000", "165535.210000", "165536.370000", "165537.530000", "165538.690000", "165539.850000", "165541.010000", "165542.170000", "165543.330000", "165544.490000", "165545.650000", "165546.810000", "165547.970000", "165549.130000", "165550.290000", "165551.450000", "165552.610000", "165553.770000", "165554.930000", "165556.090000", "165557.250000", "165558.410000", "165559.570000", "165600.730000", "165601.890000", "165603.050000", "165604.210000", "165605.370000", "165606.530000", "165607.690000", "165608.850000", "165610.010000", "165611.170000", "165612.330000", "165613.490000", "165614.650000", "165615.810000", "165616.970000", "165618.130000", "165619.290000", "165620.450000", "165621.610000", "165622.770000", "165623.930000", "165625.090000", "165626.250000", "165627.410000", "165628.570000", "165629.730000", "165630.890000", "165632.050000", "165633.210000", "165634.370000", "165635.530000", "165636.690000", "165637.850000", "165639.010000", "165640.170000", "165641.330000", "165642.490000", "165643.650000", "165644.810000", "165645.970000", "165647.130000", "165648.290000", "165649.450000", "165650.610000", "165651.770000", "165652.930000", "165654.090000", "165655.250000", "165656.410000", "165657.570000", "165658.730000", "165659.890000", "165701.050000", "165702.210000", "165703.370000", "165704.530000", "165705.690000", "165706.850000", "165708.010000", "165709.170000", "165710.330000", "165711.490000", "165712.650000", "165713.810000", "165714.970000", "165716.130000", "165717.290000", "165718.450000", "165719.610000", "165720.770000", "165721.930000", "165723.090000", "165724.250000", "165725.410000", "165726.570000", "165727.730000", "165728.890000", "165730.050000", "165731.210000", "165732.370000", "165733.530000", "165734.690000", "165735.850000", "165737.010000", "165738.170000", "165739.330000", "165740.490000", "165741.650000", "165742.810000", "165743.970000", "165745.130000", "165746.290000", "165747.450000", "165748.610000", "165749.770000", "165750.930000", "165752.090000", "165753.250000", "165754.410000", "165755.570000", "165756.730000", "165757.890000", "165759.050000", "165800.210000", "165801.370000", "165802.530000", "165803.690000", "165804.850000", "165806.010000", "165807.170000", "165808.330000", "165809.490000", "165810.650000", "165811.810000", "165812.970000", "165814.130000", "165815.290000", "165816.450000", "165817.610000", "165818.770000", "165819.930000", "165821.090000", "165822.250000", "165823.410000", "165824.570000", "165825.730000", "165826.890000", "165828.050000", "165829.210000", "165830.370000", "165831.530000", "165832.690000", "165833.850000", "165835.010000", "165836.170000", "165837.330000", "165838.490000", "165839.650000", "165840.810000", "165841.970000", "165843.130000", "165844.290000", "165845.450000", "165846.610000", "165847.770000", "165848.930000", "165850.090000", "165851.250000", "165852.410000", "165853.570000", "165854.730000", "165855.890000", "165857.050000", "165858.210000", "165859.370000", "165900.530000", "165901.690000", "165902.850000", "165904.010000", "165905.170000", "165906.330000", "165907.490000", "165908.650000", "165909.810000", "165910.970000", "165912.130000", "165913.290000", "165914.450000", "165915.610000", "165916.770000", "165917.930000", "165919.090000", "165920.250000", "165921.410000", "165922.570000", "165923.730000", "165924.890000", "165926.050000", "165927.210000", "165928.370000", "165929.530000", "165930.690000", "165931.850000", "165933.010000", "165934.170000", "165935.330000", "165936.490000", "165937.650000", "165938.810000", "165939.970000", "165941.130000", "165942.290000", "165943.450000", "165944.610000", "165945.770000", "165946.930000", "165948.090000", "165949.250000", "165950.410000", "165951.570000", "165952.730000", "165953.890000", "165955.050000", "165956.210000", "165957.370000", "165958.530000", "165959.690000", "170000.850000", "170002.010000", "170003.170000", "170004.330000", "170005.490000", "170006.650000", "170007.810000", "170008.970000", "170010.130000", "170011.290000", "170012.450000", "170013.610000", "170014.770000", "170015.930000", "170017.090000", "170018.250000", "170019.410000", "170020.570000", "170021.730000", "170022.890000", "170024.050000", "170025.210000", "170026.370000", "170027.530000", "170028.690000", "170029.850000", "170031.010000", "170032.170000", "170033.330000", "170034.490000", "170035.650000", "170036.810000", "170037.970000", "170039.130000", "170040.290000", "170041.450000", "170042.610000", "170043.770000", "170044.930000", "170046.090000", "170047.250000", "170048.410000", "170049.570000", "170050.730000", "170051.890000", "170053.050000", "170054.210000", "170055.370000", "170056.530000", "170057.690000", "170058.850000", "170100.010000", "170101.170000", "170102.330000", "170103.490000"], "ContentTime": ["165123.078000", "165131.671000", "165131.671000", "165131.687000", "165131.687000", "165131.687000", "165131.687000", "165136.671000", "165136.671000", "165136.687000", "165141.671000", "165141.687000", "165146.671000", "165146.671000", "165146.687000", "165151.671000", "165151.687000", "165151.687000", "165156.671000", "165156.671000", "165201.671000", "165201.687000", "165201.687000", "165206.671000", "165206.687000", "165211.671000", "165211.687000", "165211.687000", "165216.671000", "165216.687000", "165221.671000", "165221.687000", "165221.687000", "165226.671000", "165226.687000", "165231.671000", "165231.687000", "165231.687000", "165236.671000", "165236.687000", "165241.671000", "165241.687000", "165241.687000", "165246.671000", "165246.687000", "165251.671000", "165251.687000", "165251.687000", "165256.671000", "165256.703000", "165301.671000", "165301.671000", "165301.687000", "165306.671000", "165306.671000", "165306.687000", "165311.671000", "165311.687000", "165316.671000", "165316.687000", "165316.687000", "165321.671000", "165321.671000", "165321.687000", "165326.671000", "165326.671000", "165331.671000", "165331.687000", "165331.687000", "165336.671000", "165336.687000", "165336.687000", "165341.671000", "165341.687000", "165346.671000", "165346.687000", "165346.687000", "165351.671000", "165351.671000", "165356.671000", "165356.687000", "165356.687000", "165401.671000", "165401.687000", "165401.687000", "165406.671000", "165406.687000", "165411.671000", "165411.671000", "165411.687000", "165416.671000", "165416.671000", "165421.671000", "165421.687000", "165421.687000", "165426.671000", "165426.703000", "165426.703000", "165431.671000", "165431.687000", "165436.671000", "165436.687000", "165436.687000", "165441.671000", "165441.687000", "165446.671000", "165446.687000", "165446.687000", "165451.671000", "165451.671000", "165456.671000", "165456.687000", "165456.687000", "165501.671000", "165501.687000", "165506.671000", "165506.687000", "165506.687000", "165511.671000", "165511.687000", "165516.671000", "165516.671000", "165516.687000", "165521.671000", "165521.687000", "165526.671000", "165526.671000", "165526.687000", "165531.671000", "165531.687000", "165536.671000", "165536.687000", "165536.687000", "165541.671000", "165541.687000", "165546.671000", "165546.671000", "165546.687000", "165551.671000", "165551.687000", "165556.671000", "165556.687000", "165556.687000", "165601.671000", "165601.671000", "165606.671000", "165606.687000", "165606.687000", "165611.671000", "165611.671000", "165616.671000", "165616.687000", "165616.687000", "165621.671000", "165621.687000", "165621.687000", "165626.671000", "165626.687000", "165631.671000", "165631.671000", "165631.687000", "165636.671000", "165636.687000", "165641.671000", "165641.687000", "165641.687000", "165646.671000", "165646.671000", "165651.671000", "165651.687000", "165651.687000", "165656.671000", "165656.671000", "165701.671000", "165701.687000", "165701.687000", "165706.671000", "165706.671000", "165706.687000", "165711.671000", "165711.671000", "165716.671000", "165716.687000", "165716.687000", "165721.671000", "165721.671000", "165721.687000", "165726.671000", "165726.671000", "165731.671000", "165731.671000", "165736.671000", "165736.671000", "165736.687000", "165741.671000", "165741.671000", "165741.687000", "165746.671000", "165746.687000", "165751.671000", "165751.687000", "165751.687000", "165756.671000", "165756.687000", "165801.671000", "165801.671000", "165801.687000", "165806.671000", "165806.687000", "165811.671000", "165811.671000", "165811.687000", "165821.671000", "165821.687000", "165821.687000", "165821.687000", "165821.687000", "165826.671000", "165826.687000", "165831.671000", "165831.687000", "165831.687000", "165836.671000", "165836.687000", "165841.671000", "165841.687000", "165841.687000", "165846.671000", "165846.687000", "165851.671000", "165851.687000", "165851.687000", "165856.671000", "165856.687000", "165901.671000", "165901.687000", "165901.687000", "165906.671000", "165906.687000", "165911.671000", "165911.687000", "165911.687000", "165916.671000", "165916.671000", "165921.671000", "165921.687000", "165921.687000", "165926.671000", "165926.687000", "165926.687000", "165931.671000", "165931.687000", "165936.671000", "165936.687000", "165936.687000", "165941.671000", "165941.687000", "165941.687000", "165946.671000", "165946.687000", "165951.671000", "165951.687000", "165951.687000", "165956.671000", "165956.687000", "170001.671000", "170001.687000", "170001.687000", "170006.671000", "170006.687000", "170006.687000", "170011.671000", "170011.687000", "170016.671000", "170016.687000", "170016.687000", "170021.671000", "170021.671000", "170026.671000", "170026.687000", "170026.687000", "170031.671000", "170031.687000", "170036.671000", "170036.687000", "170041.671000", "170041.687000", "170041.687000", "170046.671000", "170046.687000", "170046.687000", "170051.671000", "170051.687000", "170056.671000", "170056.687000", "170056.687000", "170101.671000", "170101.687000", "170106.671000", "170106.687000", "170106.687000", "170111.671000", "170111.671000", "170111.687000", "170116.671000", "170116.687000", "170116.687000", "170121.671000", "170121.687000", "170126.671000", "170126.687000", "170126.687000", "170131.671000", "170131.687000", "170136.671000", "170136.687000", "170136.687000", "170141.671000", "170141.687000", "170141.687000", "170146.671000", "170146.687000", "170146.687000", "170151.671000", "170151.687000", "170156.671000", "170156.687000", "170156.687000", "170201.671000", "170201.687000", "170201.687000", "170206.671000", "170206.687000", "170211.671000", "170211.687000", "170211.687000", "170216.671000", "170216.687000", "170216.687000", "170221.671000", "170221.687000", "170221.687000", "170226.671000", "170226.687000", "170231.671000", "170231.687000", "170231.687000", "170236.671000", "170236.687000", "170236.687000", "170241.671000", "170241.687000", "170246.671000", "170246.687000", "170246.687000", "170251.671000", "170251.687000", "170256.671000", "170256.687000", "170256.687000", "170301.671000", "170301.687000", "170301.687000", "170311.671000", "170311.687000", "170311.687000", "170311.687000", "170311.687000", "170316.671000", "170316.687000", "170316.687000", "170321.671000", "170321.687000", "170326.671000", "170326.687000", "170326.687000", "170331.671000", "170331.671000", "170336.671000", "170336.687000", "170336.687000", "170341.671000", "170341.687000", "170341.687000", "170346.671000", "170346.687000", "170351.671000", "170351.687000", "170351.687000", "170356.671000", "170356.687000", "170356.687000", "170401.671000", "170401.687000", "170406.671000", "170406.687000", "170406.687000", "170411.671000", "170411.687000", "170416.671000", "170416.687000", "170416.687000", "170421.671000", "170421.687000", "170426.671000", "170426.687000", "170426.687000", "170431.671000", "170431.687000", "170431.687000", "170436.671000", "170436.687000", "170441.671000", "170441.687000", "170441.687000", "170446.671000", "170446.687000", "170446.687000", "170451.671000", "170451.687000", "170451.687000", "170456.671000", "170456.687000", "170501.671000", "170501.687000", "170501.687000", "170506.671000", "170506.687000", "170511.671000", "170511.687000", "170511.687000", "170516.671000", "170516.687000", "170516.687000", "170521.671000", "170521.687000", "170521.687000", "170526.671000", "170526.687000", "170531.671000", "170531.687000", "170531.687000", "170536.671000", "170536.687000", "170541.671000", "170541.687000", "170541.687000", "170546.671000", "170546.687000", "170546.687000", "170551.671000", "170551.687000", "170556.671000", "170556.687000", "170556.687000", "170601.671000", "170601.687000", "170606.671000", "170606.687000", "170606.687000", "170611.671000", "170611.671000", "170611.671000", "170616.671000", "170616.671000", "170621.671000", "170621.671000", "170621.671000", "170626.671000", "170626.671000", "170626.671000", "170631.671000", "170631.671000", "170636.671000", "170636.671000", "170636.671000", "170641.671000", "170641.687000", "170641.687000", "170646.671000", "170646.671000", "170651.671000", "170651.671000", "170651.671000", "170656.671000", "170656.671000", "170656.671000", "170701.671000", "170701.671000", "170706.671000", "170706.671000", "170706.671000", "170711.671000", "170711.671000", "170716.671000", "170716.687000", "170716.687000", "170721.671000", "170721.671000", "170721.671000", "170726.671000", "170726.671000", "170731.671000", "170731.671000", "170731.671000", "170736.671000", "170736.671000", "170736.671000", "170741.671000", "170741.671000", "170746.671000", "170746.671000", "170746.671000", "170751.671000", "170751.671000", "170755.703000", "170755.703000", "170755.703000"], "InstanceCreationTime": ["165123.078000", "165131.671000", "165131.671000", "165131.687000", "165131.687000", "165131.687000", "165131.687000", "165136.671000", "165136.671000", "165136.687000", "165141.671000", "165141.687000", "165146.671000", "165146.671000", "165146.687000", "165151.671000", "165151.687000", "165151.687000", "165156.671000", "165156.671000", "165201.671000", "165201.687000", "165201.687000", "165206.671000", "165206.687000", "165211.671000", "165211.687000", "165211.687000", "165216.671000", "165216.687000", "165221.671000", "165221.687000", "165221.687000", "165226.671000", "165226.687000", "165231.671000", "165231.687000", "165231.687000", "165236.671000", "165236.687000", "165241.671000", "165241.687000", "165241.687000", "165246.671000", "165246.687000", "165251.671000", "165251.687000", "165251.687000", "165256.671000", "165256.703000", "165301.671000", "165301.671000", "165301.687000", "165306.671000", "165306.671000", "165306.687000", "165311.671000", "165311.687000", "165316.671000", "165316.687000", "165316.687000", "165321.671000", "165321.671000", "165321.687000", "165326.671000", "165326.671000", "165331.671000", "165331.687000", "165331.687000", "165336.671000", "165336.687000", "165336.687000", "165341.671000", "165341.687000", "165346.671000", "165346.687000", "165346.687000", "165351.671000", "165351.671000", "165356.671000", "165356.687000", "165356.687000", "165401.671000", "165401.687000", "165401.687000", "165406.671000", "165406.687000", "165411.671000", "165411.671000", "165411.687000", "165416.671000", "165416.671000", "165421.671000", "165421.687000", "165421.687000", "165426.671000", "165426.703000", "165426.703000", "165431.671000", "165431.687000", "165436.671000", "165436.687000", "165436.687000", "165441.671000", "165441.687000", "165446.671000", "165446.687000", "165446.687000", "165451.671000", "165451.671000", "165456.671000", "165456.687000", "165456.687000", "165501.671000", "165501.687000", "165506.671000", "165506.687000", "165506.687000", "165511.671000", "165511.687000", "165516.671000", "165516.671000", "165516.687000", "165521.671000", "165521.687000", "165526.671000", "165526.671000", "165526.687000", "165531.671000", "165531.687000", "165536.671000", "165536.687000", "165536.687000", "165541.671000", "165541.687000", "165546.671000", "165546.671000", "165546.687000", "165551.671000", "165551.687000", "165556.671000", "165556.687000", "165556.687000", "165601.671000", "165601.671000", "165606.671000", "165606.687000", "165606.687000", "165611.671000", "165611.671000", "165616.671000", "165616.687000", "165616.687000", "165621.671000", "165621.687000", "165621.687000", "165626.671000", "165626.687000", "165631.671000", "165631.671000", "165631.687000", "165636.671000", "165636.687000", "165641.671000", "165641.687000", "165641.687000", "165646.671000", "165646.671000", "165651.671000", "165651.687000", "165651.687000", "165656.671000", "165656.671000", "165701.671000", "165701.687000", "165701.687000", "165706.671000", "165706.671000", "165706.687000", "165711.671000", "165711.671000", "165716.671000", "165716.687000", "165716.687000", "165721.671000", "165721.671000", "165721.687000", "165726.671000", "165726.671000", "165731.671000", "165731.671000", "165736.671000", "165736.671000", "165736.687000", "165741.671000", "165741.671000", "165741.687000", "165746.671000", "165746.687000", "165751.671000", "165751.687000", "165751.687000", "165756.671000", "165756.687000", "165801.671000", "165801.671000", "165801.687000", "165806.671000", "165806.687000", "165811.671000", "165811.671000", "165811.687000", "165821.671000", "165821.687000", "165821.687000", "165821.687000", "165821.687000", "165826.671000", "165826.687000", "165831.671000", "165831.687000", "165831.687000", "165836.671000", "165836.687000", "165841.671000", "165841.687000", "165841.687000", "165846.671000", "165846.687000", "165851.671000", "165851.687000", "165851.687000", "165856.671000", "165856.687000", "165901.671000", "165901.687000", "165901.687000", "165906.671000", "165906.687000", "165911.671000", "165911.687000", "165911.687000", "165916.671000", "165916.671000", "165921.671000", "165921.687000", "165921.687000", "165926.671000", "165926.687000", "165926.687000", "165931.671000", "165931.687000", "165936.671000", "165936.687000", "165936.687000", "165941.671000", "165941.687000", "165941.687000", "165946.671000", "165946.687000", "165951.671000", "165951.687000", "165951.687000", "165956.671000", "165956.687000", "170001.671000", "170001.687000", "170001.687000", "170006.671000", "170006.687000", "170006.687000", "170011.671000", "170011.687000", "170016.671000", "170016.687000", "170016.687000", "170021.671000", "170021.671000", "170026.671000", "170026.687000", "170026.687000", "170031.671000", "170031.687000", "170036.671000", "170036.687000", "170041.671000", "170041.687000", "170041.687000", "170046.671000", "170046.687000", "170046.687000", "170051.671000", "170051.687000", "170056.671000", "170056.687000", "170056.687000", "170101.671000", "170101.687000", "170106.671000", "170106.687000", "170106.687000", "170111.671000", "170111.671000", "170111.687000", "170116.671000", "170116.687000", "170116.687000", "170121.671000", "170121.687000", "170126.671000", "170126.687000", "170126.687000", "170131.671000", "170131.687000", "170136.671000", "170136.687000", "170136.687000", "170141.671000", "170141.687000", "170141.687000", "170146.671000", "170146.687000", "170146.687000", "170151.671000", "170151.687000", "170156.671000", "170156.687000", "170156.687000", "170201.671000", "170201.687000", "170201.687000", "170206.671000", "170206.687000", "170211.671000", "170211.687000", "170211.687000", "170216.671000", "170216.687000", "170216.687000", "170221.671000", "170221.687000", "170221.687000", "170226.671000", "170226.687000", "170231.671000", "170231.687000", "170231.687000", "170236.671000", "170236.687000", "170236.687000", "170241.671000", "170241.687000", "170246.671000", "170246.687000", "170246.687000", "170251.671000", "170251.687000", "170256.671000", "170256.687000", "170256.687000", "170301.671000", "170301.687000", "170301.687000", "170311.671000", "170311.687000", "170311.687000", "170311.687000", "170311.687000", "170316.671000", "170316.687000", "170316.687000", "170321.671000", "170321.687000", "170326.671000", "170326.687000", "170326.687000", "170331.671000", "170331.671000", "170336.671000", "170336.687000", "170336.687000", "170341.671000", "170341.687000", "170341.687000", "170346.671000", "170346.687000", "170351.671000", "170351.687000", "170351.687000", "170356.671000", "170356.687000", "170356.687000", "170401.671000", "170401.687000", "170406.671000", "170406.687000", "170406.687000", "170411.671000", "170411.687000", "170416.671000", "170416.687000", "170416.687000", "170421.671000", "170421.687000", "170426.671000", "170426.687000", "170426.687000", "170431.671000", "170431.687000", "170431.687000", "170436.671000", "170436.687000", "170441.671000", "170441.687000", "170441.687000", "170446.671000", "170446.687000", "170446.687000", "170451.671000", "170451.687000", "170451.687000", "170456.671000", "170456.687000", "170501.671000", "170501.687000", "170501.687000", "170506.671000", "170506.687000", "170511.671000", "170511.687000", "170511.687000", "170516.671000", "170516.687000", "170516.687000", "170521.671000", "170521.687000", "170521.687000", "170526.671000", "170526.687000", "170531.671000", "170531.687000", "170531.687000", "170536.671000", "170536.687000", "170541.671000", "170541.687000", "170541.687000", "170546.671000", "170546.687000", "170546.687000", "170551.671000", "170551.687000", "170556.671000", "170556.687000", "170556.687000", "170601.671000", "170601.687000", "170606.671000", "170606.687000", "170606.687000", "170611.671000", "170611.671000", "170611.671000", "170616.671000", "170616.671000", "170621.671000", "170621.671000", "170621.671000", "170626.671000", "170626.671000", "170626.671000", "170631.671000", "170631.671000", "170636.671000", "170636.671000", "170636.671000", "170641.671000", "170641.687000", "170641.687000", "170646.671000", "170646.671000", "170651.671000", "170651.671000", "170651.671000", "170656.671000", "170656.671000", "170656.671000", "170701.671000", "170701.671000", "170706.671000", "170706.671000", "170706.671000", "170711.671000", "170711.671000", "170716.671000", "170716.687000", "170716.687000", "170721.671000", "170721.671000", "170721.671000", "170726.671000", "170726.671000", "170731.671000", "170731.671000", "170731.671000", "170736.671000", "170736.671000", "170736.671000", "170741.671000", "170741.671000", "170746.671000", "170746.671000", "170746.671000", "170751.671000", "170751.671000", "170755.703000", "170755.703000", "170755.703000"], "InstanceNumber": [1, 2, 3, 4, 5, 6, 7, 8, 9, 10, 11, 12, 13, 14, 15, 16, 17, 18, 19, 20, 21, 22, 23, 24, 25, 26, 27, 28, 29, 30, 31, 32, 33, 34, 35, 36, 37, 38, 39, 40, 41, 42, 43, 44, 45, 46, 47, 48, 49, 50, 51, 52, 53, 54, 55, 56, 57, 58, 59, 60, 61, 62, 63, 64, 65, 66, 67, 68, 69, 70, 71, 72, 73, 74, 75, 76, 77, 78, 79, 80, 81, 82, 83, 84, 85, 86, 87, 88, 89, 90, 91, 92, 93, 94, 95, 96, 97, 98, 99, 100, 101, 102, 103, 104, 105, 106, 107, 108, 109, 110, 111, 112, 113, 114, 115, 116, 117, 118, 119, 120, 121, 122, 123, 124, 125, 126, 127, 128, 129, 130, 131, 132, 133, 134, 135, 136, 137, 138, 139, 140, 141, 142, 143, 144, 145, 146, 147, 148, 149, 150, 151, 152, 153, 154, 155, 156, 157, 158, 159, 160, 161, 162, 163, 164, 165, 166, 167, 168, 169, 170, 171, 172, 173, 174, 175, 176, 177, 178, 179, 180, 181, 182, 183, 184, 185, 186, 187, 188, 189, 190, 191, 192, 193, 194, 195, 196, 197, 198, 199, 200, 201, 202, 203, 204, 205, 206, 207, 208, 209, 210, 211, 212, 213, 214, 215, 216, 217, 218, 219, 220, 221, 222, 223, 224, 225, 226, 227, 228, 229, 230, 231, 232, 233, 234, 235, 236, 237, 238, 239, 240, 241, 242, 243, 244, 245, 246, 247, 248, 249, 250, 251, 252, 253, 254, 255, 256, 257, 258, 259, 260, 261, 262, 263, 264, 265, 266, 267, 268, 269, 270, 271, 272, 273, 274, 275, 276, 277, 278, 279, 280, 281, 282, 283, 284, 285, 286, 287, 288, 289, 290, 291, 292, 293, 294, 295, 296, 297, 298, 299, 300, 301, 302, 303, 304, 305, 306, 307, 308, 309, 310, 311, 312, 313, 314, 315, 316, 317, 318, 319, 320, 321, 322, 323, 324, 325, 326, 327, 328, 329, 330, 331, 332, 333, 334, 335, 336, 337, 338, 339, 340, 341, 342, 343, 344, 345, 346, 347, 348, 349, 350, 351, 352, 353, 354, 355, 356, 357, 358, 359, 360, 361, 362, 363, 364, 365, 366, 367, 368, 369, 370, 371, 372, 373, 374, 375, 376, 377, 378, 379, 380, 381, 382, 383, 384, 385, 386, 387, 388, 389, 390, 391, 392, 393, 394, 395, 396, 397, 398, 399, 400, 401, 402, 403, 404, 405, 406, 407, 408, 409, 410, 411, 412, 413, 414, 415, 416, 417, 418, 419, 420, 421, 422, 423, 424, 425, 426, 427, 428, 429, 430, 431, 432, 433, 434, 435, 436, 437, 438, 439, 440, 441, 442, 443, 444, 445, 446, 447, 448, 449, 450, 451, 452, 453, 454, 455, 456, 457, 458, 459, 460, 461, 462, 463, 464, 465, 466, 467, 468, 469, 470, 471, 472, 473, 474, 475, 476, 477, 478, 479, 480, 481, 482, 483, 484, 485, 486, 487, 488, 489, 490, 491, 492, 493, 494, 495, 496, 497, 498, 499, 500, 501, 502, 503, 504, 505, 506, 507, 508, 509, 510, 511, 512, 513, 514, 515, 516, 517, 518], "LargestImagePixelValue": [27591, 26824, 28107, 26805, 26838, 28087, 26848, 26530, 28108, 26873, 26568, 31429, 26961, 26611, 27412, 28228, 26970, 27078, 28284, 27266, 29758, 27442, 27548, 27326, 31264, 27465, 27284, 27476, 27513, 27535, 31024, 27422, 27489, 30065, 27446, 29579, 31121, 27667, 27578, 27424, 29847, 27544, 29268, 27749, 27619, 27584, 27555, 27781, 27686, 32288, 27612, 27542, 27676, 27800, 27869, 28352, 27859, 30763, 28124, 27853, 27912, 31607, 28069, 27916, 27913, 28291, 28020, 29715, 27961, 27995, 31469, 27885, 28005, 29858, 27958, 27639, 28800, 28210, 27932, 34475, 28134, 27850, 28110, 30375, 28000, 27814, 30467, 28095, 27974, 30435, 27899, 28053, 28542, 28156, 28051, 31466, 28275, 27896, 28545, 27889, 28002, 28944, 28330, 28189, 29786, 28094, 28303, 28400, 28136, 31834, 28278, 28110, 30350, 28319, 28220, 28685, 28101, 28509, 28978, 28204, 28115, 30489, 28374, 30226, 28446, 28098, 30240, 28207, 28170, 31183, 28271, 28350, 30671, 28358, 28217, 28184, 29288, 27963, 29399, 28324, 28240, 28366, 28367, 29655, 28556, 28520, 30984, 28296, 28309, 28391, 28442, 29080, 28460, 28427, 31116, 28115, 28259, 29154, 30465, 28750, 28551, 28622, 28337, 30377, 29155, 28461, 28473, 30202, 28437, 32698, 28480, 28440, 28305, 29883, 28475, 28543, 28615, 28398, 28525, 29679, 31987, 28699, 28815, 32207, 28568, 28355, 30609, 28523, 28164, 29421, 29045, 28557, 30600, 28438, 28289, 28542, 32945, 28335, 28631, 29028, 28544, 30088, 28407, 28517, 28442, 29333, 30752, 28587, 30894, 28554, 28568, 28336, 28542, 30106, 28624, 28578, 29847, 28679, 28442, 28747, 31771, 28553, 28323, 29741, 28541, 28414, 31029, 28672, 28405, 28753, 28470, 28787, 29850, 28442, 28387, 30820, 29395, 34193, 31443, 29920, 29128, 28651, 29570, 28760, 29012, 29200, 30423, 29107, 29122, 29268, 29157, 28888, 29217, 29537, 29979, 28867, 29060, 28904, 29095, 30344, 29211, 29168, 30810, 29067, 29008, 29380, 29141, 29174, 29127, 28976, 29044, 31844, 29040, 28957, 29123, 29601, 29337, 29101, 28772, 29987, 28892, 28829, 28857, 28967, 28995, 28886, 28967, 28508, 29483, 28623, 28671, 28559, 28764, 28891, 28532, 30041, 28579, 28817, 28739, 28669, 28957, 29031, 29821, 28494, 28729, 29891, 28557, 28737, 28823, 28923, 28601, 29933, 28857, 28670, 28873, 34867, 28384, 28644, 29447, 28574, 28650, 28739, 33601, 28519, 28390, 28449, 30167, 28603, 28668, 29309, 30264, 28477, 28513, 28511, 28652, 28656, 28514, 29566, 28565, 28384, 28463, 28464, 29443, 28691, 28265, 29654, 28287, 28548, 28429, 28454, 28613, 28326, 31348, 28388, 28270, 28462, 29121, 28538, 28201, 31769, 28220, 28464, 28445, 29703, 28679, 28241, 28640, 30899, 28259, 28215, 29913, 31183, 28031, 27988, 29005, 28356, 28176, 28180, 31802, 28038, 28197, 29153, 29076, 28316, 28311, 31503, 28319, 27963, 28500, 28548, 28278, 28280, 28322, 28813, 28083, 28640, 29695, 27966, 28112, 29198, 30174, 28260, 28007, 29636, 28472, 28279, 28159, 32493, 28404, 28186, 29376, 28442, 28343, 28432, 29377, 28155, 28083, 28281, 28809, 30395, 28519, 28422, 28031, 29685, 28453, 29201, 28184, 28256, 29172, 29003, 27928, 28318, 28511, 28997, 28798, 28378, 30205, 28431, 28294, 28252, 28249, 28719, 31783, 28150, 28072, 29765, 28242, 28469, 28238, 30750, 28033, 28097, 28490, 28632, 28370, 27985, 29773, 29645, 32940, 30705, 29392, 29005, 35130, 29603, 28715, 28577, 30514, 30788, 28787, 28798, 32115, 28572, 28814, 28790, 29979, 28819, 28826, 32312, 28241, 28550, 28777, 29655, 28625, 28384, 32364, 28391, 28312, 28462, 29901, 28470, 28449, 31643, 28401, 28439, 28854, 30779, 28410, 28545, 31777, 28156, 28427, 28345, 28028, 28354, 29228, 28253, 28228, 28710, 35432, 28006, 28175, 29543, 28227, 28403, 28420, 28373, 28366, 30488], "WindowCenter": [9932.0, 9917.0, 9923.0, 9926.0, 9917.0, 9914.0, 9899.0, 9896.0, 9919.0, 9894.0, 9900.0, 9928.0, 9894.0, 9901.0, 9912.0, 9914.0, 9899.0, 9916.0, 9914.0, 9912.0, 9940.0, 9928.0, 9918.0, 9898.0, 9928.0, 9914.0, 9914.0, 9924.0, 9925.0, 9902.0, 9920.0, 9906.0, 9909.0, 9921.0, 9900.0, 9905.0, 9915.0, 9894.0, 9886.0, 9910.0, 9926.0, 9920.0, 9937.0, 9912.0, 9917.0, 9919.0, 9899.0, 9908.0, 9911.0, 9927.0, 9919.0, 9928.0, 9913.0, 9919.0, 9913.0, 9913.0, 9914.0, 9924.0, 9904.0, 9905.0, 9898.0, 9898.0, 9909.0, 9900.0, 9900.0, 9912.0, 9907.0, 9892.0, 9916.0, 9921.0, 9941.0, 9907.0, 9909.0, 9921.0, 9897.0, 9895.0, 9913.0, 9907.0, 9923.0, 9939.0, 9903.0, 9900.0, 9913.0, 9898.0, 9892.0, 9899.0, 9916.0, 9903.0, 9901.0, 9918.0, 9900.0, 9908.0, 9909.0, 9905.0, 9939.0, 9948.0, 9934.0, 9928.0, 9923.0, 9903.0, 9915.0, 9924.0, 9935.0, 9931.0, 9932.0, 9904.0, 9909.0, 9919.0, 9917.0, 9941.0, 9926.0, 9919.0, 9916.0, 9906.0, 9898.0, 9913.0, 9917.0, 9935.0, 9925.0, 9898.0, 9916.0, 9915.0, 9902.0, 9917.0, 9917.0, 9913.0, 9919.0, 9904.0, 9898.0, 9901.0, 9888.0, 9884.0, 9908.0, 9892.0, 9908.0, 9889.0, 9904.0, 9901.0, 9910.0, 9909.0, 9902.0, 9893.0, 9893.0, 9902.0, 9906.0, 9902.0, 9931.0, 9921.0, 9915.0, 9911.0, 9917.0, 9915.0, 9909.0, 9940.0, 9941.0, 9922.0, 9915.0, 9914.0, 9922.0, 9910.0, 9919.0, 9915.0, 9923.0, 9926.0, 9908.0, 9894.0, 9912.0, 9919.0, 9918.0, 9919.0, 9898.0, 9895.0, 9882.0, 9904.0, 9916.0, 9914.0, 9920.0, 9921.0, 9908.0, 9917.0, 9930.0, 9919.0, 9902.0, 9925.0, 9908.0, 9901.0, 9932.0, 9906.0, 9898.0, 9928.0, 9914.0, 9899.0, 9915.0, 9910.0, 9908.0, 9919.0, 9925.0, 9927.0, 9931.0, 9944.0, 9932.0, 9932.0, 9915.0, 9912.0, 9912.0, 9930.0, 9925.0, 9921.0, 9938.0, 9940.0, 9923.0, 9925.0, 9914.0, 9929.0, 9909.0, 9913.0, 9910.0, 9904.0, 9906.0, 9905.0, 9937.0, 9912.0, 9923.0, 9932.0, 9934.0, 9910.0, 9927.0, 9929.0, 9929.0, 9921.0, 9928.0, 9924.0, 9917.0, 9905.0, 9929.0, 10009.0, 9957.0, 10008.0, 9997.0, 9957.0, 9917.0, 9903.0, 9900.0, 9902.0, 9910.0, 9917.0, 9929.0, 9930.0, 9938.0, 9948.0, 9952.0, 9940.0, 9937.0, 9947.0, 9933.0, 9921.0, 9921.0, 9906.0, 9923.0, 9922.0, 9934.0, 9949.0, 9943.0, 9930.0, 9920.0, 9912.0, 9917.0, 9930.0, 9932.0, 9927.0, 9935.0, 9943.0, 9918.0, 9897.0, 9912.0, 9912.0, 9919.0, 9928.0, 9925.0, 9927.0, 9920.0, 9930.0, 9923.0, 9932.0, 9934.0, 9922.0, 9927.0, 9924.0, 9935.0, 9928.0, 9933.0, 9946.0, 9951.0, 9938.0, 9927.0, 9940.0, 9933.0, 9926.0, 9935.0, 9918.0, 9926.0, 9926.0, 9920.0, 9917.0, 9928.0, 9933.0, 9926.0, 9922.0, 9934.0, 9922.0, 9922.0, 9924.0, 9925.0, 9912.0, 9914.0, 9938.0, 9926.0, 9935.0, 9918.0, 9915.0, 9929.0, 9929.0, 9946.0, 9931.0, 9921.0, 9932.0, 9939.0, 9932.0, 9933.0, 9940.0, 9939.0, 9935.0, 9941.0, 9934.0, 9935.0, 9924.0, 9925.0, 9922.0, 9923.0, 9936.0, 9933.0, 9925.0, 9924.0, 9929.0, 9928.0, 9940.0, 9924.0, 9933.0, 9934.0, 9916.0, 9930.0, 9931.0, 9937.0, 9931.0, 9934.0, 9908.0, 9928.0, 9921.0, 9917.0, 9938.0, 9924.0, 9931.0, 9926.0, 9920.0, 9933.0, 9907.0, 9918.0, 9948.0, 9928.0, 9926.0, 9946.0, 9949.0, 9932.0, 9944.0, 9955.0, 9920.0, 9937.0, 9929.0, 9950.0, 9921.0, 9929.0, 9929.0, 9932.0, 9907.0, 9918.0, 9940.0, 9934.0, 9909.0, 9928.0, 9923.0, 9922.0, 9917.0, 9919.0, 9925.0, 9931.0, 9951.0, 9944.0, 9926.0, 9917.0, 9931.0, 9936.0, 9929.0, 9924.0, 9932.0, 9938.0, 9932.0, 9921.0, 9939.0, 9945.0, 9942.0, 9966.0, 9947.0, 9938.0, 9923.0, 9928.0, 9924.0, 9937.0, 9930.0, 9936.0, 9955.0, 9943.0, 9931.0, 9932.0, 9944.0, 9932.0, 9946.0, 9925.0, 9933.0, 9941.0, 9946.0, 9950.0, 9941.0, 9958.0, 9951.0, 9940.0, 9942.0, 9957.0, 9940.0, 9949.0, 9930.0, 9924.0, 9937.0, 9945.0, 9921.0, 9937.0, 9936.0, 9920.0, 9929.0, 9924.0, 9937.0, 9939.0, 9949.0, 9943.0, 9935.0, 9919.0, 9928.0, 9942.0, 10024.0, 9983.0, 9960.0, 9941.0, 9934.0, 9934.0, 9918.0, 9906.0, 9907.0, 9922.0, 9942.0, 9929.0, 9924.0, 9944.0, 9921.0, 9923.0, 9928.0, 9930.0, 9920.0, 9928.0, 9932.0, 9923.0, 9931.0, 9931.0, 9929.0, 9927.0, 9935.0, 9940.0, 9930.0, 9940.0, 9939.0, 9938.0, 9943.0, 9951.0, 9958.0, 9925.0, 9936.0, 9940.0, 9946.0, 9924.0, 9920.0, 9932.0, 9918.0, 9924.0, 9925.0, 9929.0, 9940.0, 9935.0, 9919.0, 9927.0, 9925.0, 9950.0, 9907.0, 9907.0, 9914.0, 9911.0, 9925.0, 9940.0, 9944.0, 9932.0, 9939.0], "WindowWidth": [21162.0, 21129.0, 21144.0, 21147.0, 21125.0, 21116.0, 21083.0, 21075.0, 21120.0, 21072.0, 21085.0, 21136.0, 21068.0, 21084.0, 21111.0, 21113.0, 21086.0, 21122.0, 21118.0, 21113.0, 21170.0, 21146.0, 21123.0, 21080.0, 21141.0, 21113.0, 21111.0, 21131.0, 21135.0, 21088.0, 21122.0, 21096.0, 21105.0, 21128.0, 21085.0, 21087.0, 21105.0, 21065.0, 21052.0, 21102.0, 21135.0, 21130.0, 21164.0, 21110.0, 21121.0, 21126.0, 21082.0, 21099.0, 21107.0, 21139.0, 21121.0, 21142.0, 21114.0, 21124.0, 21114.0, 21117.0, 21115.0, 21133.0, 21090.0, 21090.0, 21075.0, 21076.0, 21102.0, 21082.0, 21084.0, 21108.0, 21098.0, 21070.0, 21114.0, 21127.0, 21168.0, 21100.0, 21103.0, 21124.0, 21075.0, 21072.0, 21108.0, 21101.0, 21135.0, 21160.0, 21088.0, 21080.0, 21105.0, 21075.0, 21066.0, 21082.0, 21117.0, 21092.0, 21086.0, 21117.0, 21084.0, 21098.0, 21104.0, 21097.0, 21171.0, 21185.0, 21160.0, 21146.0, 21135.0, 21091.0, 21118.0, 21138.0, 21156.0, 21150.0, 21150.0, 21093.0, 21101.0, 21126.0, 21122.0, 21167.0, 21141.0, 21122.0, 21116.0, 21096.0, 21082.0, 21109.0, 21124.0, 21162.0, 21136.0, 21082.0, 21115.0, 21118.0, 21090.0, 21117.0, 21120.0, 21111.0, 21119.0, 21090.0, 21079.0, 21086.0, 21052.0, 21045.0, 21096.0, 21063.0, 21093.0, 21059.0, 21092.0, 21090.0, 21105.0, 21099.0, 21084.0, 21065.0, 21067.0, 21085.0, 21094.0, 21093.0, 21151.0, 21129.0, 21118.0, 21107.0, 21115.0, 21116.0, 21107.0, 21170.0, 21169.0, 21131.0, 21115.0, 21110.0, 21126.0, 21102.0, 21126.0, 21115.0, 21133.0, 21140.0, 21099.0, 21070.0, 21107.0, 21125.0, 21118.0, 21120.0, 21074.0, 21067.0, 21041.0, 21087.0, 21118.0, 21117.0, 21127.0, 21127.0, 21098.0, 21114.0, 21139.0, 21121.0, 21087.0, 21129.0, 21097.0, 21082.0, 21145.0, 21090.0, 21076.0, 21138.0, 21114.0, 21080.0, 21112.0, 21104.0, 21100.0, 21122.0, 21136.0, 21143.0, 21158.0, 21186.0, 21155.0, 21152.0, 21113.0, 21106.0, 21104.0, 21141.0, 21135.0, 21131.0, 21164.0, 21168.0, 21137.0, 21136.0, 21118.0, 21143.0, 21102.0, 21108.0, 21104.0, 21089.0, 21093.0, 21093.0, 21157.0, 21108.0, 21131.0, 21153.0, 21152.0, 21109.0, 21144.0, 21146.0, 21147.0, 21131.0, 21141.0, 21134.0, 21118.0, 21093.0, 21145.0, 21371.0, 21229.0, 21341.0, 21304.0, 21208.0, 21119.0, 21077.0, 21072.0, 21080.0, 21100.0, 21116.0, 21146.0, 21144.0, 21166.0, 21190.0, 21196.0, 21171.0, 21167.0, 21189.0, 21155.0, 21123.0, 21125.0, 21096.0, 21128.0, 21130.0, 21160.0, 21195.0, 21178.0, 21143.0, 21121.0, 21106.0, 21116.0, 21147.0, 21149.0, 21145.0, 21158.0, 21169.0, 21118.0, 21078.0, 21104.0, 21107.0, 21123.0, 21146.0, 21136.0, 21143.0, 21128.0, 21148.0, 21135.0, 21151.0, 21158.0, 21137.0, 21148.0, 21136.0, 21160.0, 21146.0, 21157.0, 21182.0, 21200.0, 21172.0, 21147.0, 21170.0, 21156.0, 21140.0, 21159.0, 21125.0, 21145.0, 21143.0, 21128.0, 21122.0, 21144.0, 21155.0, 21139.0, 21132.0, 21160.0, 21135.0, 21130.0, 21138.0, 21136.0, 21109.0, 21116.0, 21161.0, 21135.0, 21157.0, 21127.0, 21117.0, 21149.0, 21147.0, 21177.0, 21151.0, 21132.0, 21152.0, 21167.0, 21156.0, 21163.0, 21171.0, 21168.0, 21163.0, 21173.0, 21158.0, 21160.0, 21138.0, 21140.0, 21133.0, 21133.0, 21160.0, 21154.0, 21137.0, 21142.0, 21151.0, 21144.0, 21172.0, 21140.0, 21156.0, 21158.0, 21124.0, 21153.0, 21151.0, 21164.0, 21149.0, 21152.0, 21102.0, 21142.0, 21133.0, 21120.0, 21162.0, 21138.0, 21149.0, 21137.0, 21131.0, 21157.0, 21102.0, 21125.0, 21183.0, 21145.0, 21139.0, 21180.0, 21192.0, 21156.0, 21180.0, 21203.0, 21131.0, 21166.0, 21151.0, 21187.0, 21128.0, 21145.0, 21147.0, 21145.0, 21099.0, 21121.0, 21169.0, 21154.0, 21103.0, 21140.0, 21130.0, 21126.0, 21117.0, 21129.0, 21143.0, 21155.0, 21198.0, 21179.0, 21141.0, 21120.0, 21150.0, 21165.0, 21146.0, 21134.0, 21153.0, 21161.0, 21149.0, 21131.0, 21173.0, 21184.0, 21182.0, 21230.0, 21187.0, 21167.0, 21138.0, 21149.0, 21135.0, 21162.0, 21150.0, 21162.0, 21202.0, 21180.0, 21156.0, 21154.0, 21179.0, 21158.0, 21180.0, 21140.0, 21159.0, 21180.0, 21186.0, 21194.0, 21177.0, 21209.0, 21197.0, 21175.0, 21183.0, 21212.0, 21176.0, 21192.0, 21154.0, 21141.0, 21169.0, 21183.0, 21131.0, 21162.0, 21166.0, 21129.0, 21149.0, 21143.0, 21167.0, 21172.0, 21191.0, 21182.0, 21164.0, 21133.0, 21144.0, 21177.0, 21395.0, 21273.0, 21216.0, 21171.0, 21152.0, 21150.0, 21110.0, 21089.0, 21094.0, 21129.0, 21170.0, 21150.0, 21139.0, 21174.0, 21130.0, 21133.0, 21142.0, 21147.0, 21127.0, 21143.0, 21150.0, 21133.0, 21149.0, 21148.0, 21150.0, 21144.0, 21162.0, 21172.0, 21148.0, 21170.0, 21166.0, 21169.0, 21176.0, 21198.0, 21210.0, 21142.0, 21159.0, 21166.0, 21176.0, 21133.0, 21129.0, 21152.0, 21122.0, 21135.0, 21136.0, 21143.0, 21162.0, 21155.0, 21125.0, 21143.0, 21138.0, 21178.0, 21092.0, 21093.0, 21109.0, 21105.0, 21136.0, 21174.0, 21185.0, 21154.0, 21165.0]}, "slices": {}}}