{"AcquisitionMatrixPE": 96, "AcquisitionNumber": 1, "AcquisitionTime": "07:47:15.470000", "BaseResolution": 96, "BodyPartExamined": "BRAIN", "ConsistencyInfo": "N4_VD11D_LATEST_20110129", "ConversionSoftware": "dcm2niix", "ConversionSoftwareVersion": "v1.0.20210317", "DeviceSerialNumber": "45239", "DwellTime": 9.2e-06, "EchoNumber": 1, "EchoTime": 0.00492, "FlipAngle": 50, "ImageOrientationPatientDICOM": [0.999404, 0.0298275, -0.01736, -0.0345116, 0.86376, -0.50272], "ImageType": ["ORIGINAL", "PRIMARY", "M", "ND", "NORM"], "ImagingFrequency": 123.193, "InPlanePhaseEncodingDirectionDICOM": "COL", "InstitutionAddress": "E 24th St. 100,Austin,Southmiddle,US,78712", "InstitutionName": "Univ of Texas at Austin", "InstitutionalDepartmentName": "IRC", "MRAcquisitionType": "2D", "MagneticFieldStrength": 3, "Manufacturer": "Siemens", "ManufacturersModelName": "Skyra", "Modality": "MR", "PartialFourier": 1, "PatientPosition": "HFS", "PercentPhaseFOV": 100, "PercentSampling": 100, "PhaseEncodingDirection": "j-", "PhaseEncodingSteps": 96, "PhaseResolution": 1, "PixelBandwidth": 565, "ProcedureStepDescription": "Poldrack2^self-scanning", "ProtocolName": "gre_field_mapping", "PulseSequenceDetails": "%SiemensSeq%\\gre_field_mapping", "ReceiveCoilActiveElements": "HEA;HEP", "ReceiveCoilName": "Head_32", "ReconMatrixPE": 96, "RepetitionTime": 0.731, "SAR": 0.124104, "ScanningSequence": "GR", "SequenceName": "*fm2d2r", "SequenceVariant": "SP", "SeriesDescription": "gre_field_mapping", "SeriesNumber": 10, "ShimSetting": [-2779, 8008, -15430, 154, -171, -53, 210, -44], "SliceThickness": 2, "SliceTiming": [0.36719, 0, 0.375, 0.01562, 0.39062, 0.02344, 0.39844, 0.03125, 0.41406, 0.04688, 0.42188, 0.05469, 0.42969, 0.0625, 0.44531, 0.07812, 0.45312, 0.08594, 0.46094, 0.10156, 0.47656, 0.10938, 0.48438, 0.11719, 0.49219, 0.13281, 0.50781, 0.14062, 0.51562, 0.15625, 0.53125, 0.16406, 0.53906, 0.17188, 0.55469, 0.1875, 0.5625, 0.19531, 0.57031, 0.20312, 0.58594, 0.21875, 0.59375, 0.22656, 0.60156, 0.24219, 0.61719, 0.25, 0.625, 0.25781, 0.63281, 0.27344, 0.64844, 0.28125, 0.65625, 0.29688, 0.67188, 0.30469, 0.67969, 0.3125, 0.6875, 0.32812, 0.70312, 0.33594, 0.71094, 0.34375, 0.72656, 0.35938], "SoftwareVersions": "syngo MR D11", "SpacingBetweenSlices": 2.4, "StationName": "AWP45239", "TxRefAmp": 346.147}