{"AcquisitionMatrixPE": 96, "AcquisitionNumber": 1, "AcquisitionTime": "07:31:48.432500", "BandwidthPerPixelPhaseEncode": 33.602, "BaseResolution": 96, "BodyPartExamined": "BRAIN", "ConsistencyInfo": "N4_VD11D_LATEST_20110129", "ConversionSoftware": "dcm2niix", "ConversionSoftwareVersion": "v1.0.20210317", "DerivedVendorReportedEchoSpacing": 0.000620003, "DeviceSerialNumber": "45239", "DwellTime": 2.6e-06, "EchoTime": 0.036, "EchoTrainLength": 48, "EffectiveEchoSpacing": 0.000310001, "FlipAngle": 90, "ImageOrientationPatientDICOM": [0.999404, 0.0298275, -0.01736, -0.0345116, 0.86376, -0.50272], "ImageType": ["ORIGINAL", "PRIMARY", "M", "ND", "NORM", "MOSAIC"], "ImagingFrequency": 123.193, "InPlanePhaseEncodingDirectionDICOM": "COL", "InstitutionAddress": "E 24th St. 100,Austin,Southmiddle,US,78712", "InstitutionName": "Univ of Texas at Austin", "InstitutionalDepartmentName": "IRC", "MRAcquisitionType": "2D", "MagneticFieldStrength": 3, "Manufacturer": "Siemens", "ManufacturersModelName": "Skyra", "Modality": "MR", "ParallelReductionFactorInPlane": 2, "PartialFourier": 1, "PatientPosition": "HFS", "PercentPhaseFOV": 100, "PercentSampling": 100, "PhaseEncodingDirection": "j-", "PhaseEncodingSteps": 96, "PhaseResolution": 1, "PixelBandwidth": 2005, "ProcedureStepDescription": "Poldrack2^self-scanning", "ProtocolName": "MB-SE_FieldMap_A-P", "PulseSequenceDetails": "%CustomerSeq%\\cmrr_mbep2d_se", "ReceiveCoilActiveElements": "HEA;HEP", "ReceiveCoilName": "Head_32", "ReconMatrixPE": 96, "RefLinesPE": 48, "RepetitionTime": 4.55, "SAR": 0.388076, "ScanOptions": "FS", "ScanningSequence": "EP", "SequenceName": "epse2d1_96", "SequenceVariant": "SK", "SeriesDescription": "MB-SE_FieldMap_A-P", "SeriesNumber": 6, "ShimSetting": [-2779, 8008, -15430, 154, -171, -53, 210, -44], "SliceThickness": 2, "SliceTiming": [2.275, 0, 2.3425, 0.0675, 2.4075, 0.135, 2.475, 0.2, 2.5425, 0.2675, 2.61, 0.335, 2.675, 0.4025, 2.7425, 0.4675, 2.81, 0.535, 2.8775, 0.6025, 2.9425, 0.67, 3.01, 0.735, 3.0775, 0.8025, 3.145, 0.87, 3.21, 0.9375, 3.2775, 1.0025, 3.345, 1.07, 3.4125, 1.1375, 3.48, 1.205, 3.545, 1.27, 3.6125, 1.3375, 3.68, 1.405, 3.7475, 1.4725, 3.8125, 1.5375, 3.88, 1.605, 3.9475, 1.6725, 4.015, 1.74, 4.08, 1.8075, 4.1475, 1.8725, 4.215, 1.94, 4.2825, 2.0075, 4.3475, 2.075, 4.415, 2.14, 4.4825, 2.2075], "SoftwareVersions": "syngo MR D11", "SpacingBetweenSlices": 2.4, "StationName": "AWP45239", "TotalReadoutTime": 0.0294501, "TxRefAmp": 346.147, "WipMemBlock": "33df447b-2d25-41e8-8f4d-00fd85d37fb7||Sequence: VD11D r154; May 23 2012 22:29:07 by eja", "dcmmeta_affine": [[-2.3944060802459717, -0.08268392831087112, -5.2319371057762964e-09, 122.85432434082031], [-0.07146163284778595, 2.069424867630005, -1.2072478532791138, -67.893798828125], [-0.041591666638851166, 1.2044339179992676, 2.0742595195770264, -71.71944427490234], [0.0, 0.0, 0.0, 1.0]], "dcmmeta_reorient_transform": [[0.0, -1.0, 0.0, 95.0], [1.0, 0.0, 0.0, 0.0], [0.0, 0.0, 1.0, 0.0], [0.0, 0.0, 0.0, 1.0]], "dcmmeta_shape": [96, 96, 68, 5], "dcmmeta_slice_dim": 2, "dcmmeta_version": 0.6, "global": {"const": {"AcquisitionMatrix": [96, 0, 0, 96], "AngioFlag": "N", "BitsAllocated": 16, "BitsStored": 16, "BodyPartExamined": "BRAIN", "Columns": 864, "EchoNumbers": 1, "EchoTime": 36.0, "EchoTrainLength": 48, "FlipAngle": 90.0, "HighBit": 15, "ImageOrientationPatient": [0.99940429892109, 0.02982746503206, -0.0173600008009, -0.0345115531097, 0.86375996411248, -0.5027202771904], "ImagePositionPatient": [-1002.7006471156, -950.80196529113, 521.17562510224], "ImageType": ["ORIGINAL", "PRIMARY", "M", "ND", "NORM", "MOSAIC"], "ImagedNucleus": "1H", "ImagingFrequency": 123.193272, "InPlanePhaseEncodingDirection": "COL", "MRAcquisitionType": "2D", "MagneticFieldStrength": 3.0, "Manufacturer": "SIEMENS", "ManufacturerModelName": "Skyra", "Modality": "MR", "NumberOfAverages": 1.0, "NumberOfPhaseEncodingSteps": 96, "PercentPhaseFieldOfView": 100.0, "PercentSampling": 100.0, "PerformedProcedureStepStartTime": "071410.218000", "PhotometricInterpretation": "MONOCHROME2", "PixelBandwidth": 2005.0, "PixelRepresentation": 0, "PixelSpacing": [2.3958332538605, 2.3958332538605], "ProtocolName": "MB-SE_FieldMap_A-P", "RepetitionTime": 4550.0, "Rows": 864, "SAR": 0.38807558266374, "SamplesPerPixel": 1, "ScanOptions": "FS", "ScanningSequence": "EP", "SequenceName": "epse2d1_96", "SequenceVariant": "SK", "SeriesDescription": "MB-SE_FieldMap_A-P", "SeriesNumber": 6, "SeriesTime": "073209.531000", "SliceLocation": -27.833370944903, "SliceThickness": 2.0, "SmallestImagePixelValue": 0, "SoftwareVersions": "syngo MR D11", "SpacingBetweenSlices": 2.4000000019283, "SpecificCharacterSet": "ISO_IR 100", "StudyID": "1", "StudyTime": "071410.187000", "TransmitCoilName": "Body", "VariableFlipAngleFlag": "N", "WindowCenterWidthExplanation": "Algo1", "dBdt": 0.0}, "slices": {}}, "time": {"samples": {"AcquisitionNumber": [1, 2, 3, 4, 5], "AcquisitionTime": ["073148.432500", "073152.982500", "073157.532500", "073202.082500", "073206.632500"], "ContentTime": ["073209.531000", "073209.546000", "073209.546000", "073209.546000", "073209.546000"], "InstanceCreationTime": ["073209.531000", "073209.546000", "073209.546000", "073209.546000", "073209.546000"], "InstanceNumber": [1, 2, 3, 4, 5], "LargestImagePixelValue": [43891, 46656, 43301, 45030, 41397], "WindowCenter": [7269.0, 7288.0, 7261.0, 7279.0, 7255.0], "WindowWidth": [15456.0, 15495.0, 15454.0, 15476.0, 15435.0]}, "slices": {}}}