{"AcquisitionMatrixPE": 128, "AcquisitionNumber": 1, "AcquisitionTime": "08:15:21.472500", "BandwidthPerPixelPhaseEncode": 20.292, "BaseResolution": 128, "BodyPartExamined": "BRAIN", "ConsistencyInfo": "N4_VD11D_LATEST_20110129", "ConversionSoftware": "dcm2niix", "ConversionSoftwareVersion": "v1.0.20210317", "DerivedVendorReportedEchoSpacing": 0.000770008, "DeviceSerialNumber": "45239", "DiffusionScheme": "Monopolar", "DwellTime": 2.4e-06, "EchoTime": 0.092, "EchoTrainLength": 51, "EffectiveEchoSpacing": 0.000385004, "FlipAngle": 90, "ImageComments": "Unaliased MB3/PE3", "ImageOrientationPatientDICOM": [1, 0, 0, 0, 1, 0], "ImageType": ["ORIGINAL", "PRIMARY", "DIFFUSION", "NONE", "ND", "NORM", "MOSAIC"], "ImagingFrequency": 123.193, "InPlanePhaseEncodingDirectionDICOM": "COL", "InstitutionAddress": "E 24th St. 100,Austin,Southmiddle,US,78712", "InstitutionName": "Univ of Texas at Austin", "InstitutionalDepartmentName": "IRC", "MRAcquisitionType": "2D", "MagneticFieldStrength": 3, "Manufacturer": "Siemens", "ManufacturersModelName": "Skyra", "Modality": "MR", "MultibandAccelerationFactor": 3, "ParallelReductionFactorInPlane": 2, "PartialFourier": 0.75, "PatientPosition": "HFS", "PercentPhaseFOV": 100, "PercentSampling": 100, "PhaseEncodingDirection": "j", "PhaseEncodingSteps": 102, "PhaseResolution": 1, "PixelBandwidth": 1630, "ProcedureStepDescription": "Poldrack2^self-scanning", "ProtocolName": "MBEPI with MDDW L-R", "PulseSequenceDetails": "%CustomerSeq%\\cmrr_mbep2d_diff", "ReceiveCoilActiveElements": "HEA;HEP", "ReceiveCoilName": "Head_32", "ReconMatrixPE": 128, "RefLinesPE": 76, "RepetitionTime": 5, "SAR": 0.136721, "ScanOptions": "PFP\\FS", "ScanningSequence": "EP", "SequenceName": "ep_b5#1", "SequenceVariant": "SK", "SeriesDescription": "MBEPI with MDDW L-R", "SeriesNumber": 15, "ShimSetting": [-2790, 8042, -15450, 32, -215, 126, 255, -70], "SliceThickness": 1.7, "SliceTiming": [0, 3.64, 2.2975, 0.9575, 4.5975, 3.255, 1.915, 0.575, 4.2125, 2.8725, 1.5325, 0.1925, 3.83, 2.49, 1.15, 4.7875, 3.4475, 2.1075, 0.7675, 4.405, 3.065, 1.725, 0.3825, 4.0225, 2.6825, 1.34, 0, 3.64, 2.2975, 0.9575, 4.5975, 3.255, 1.915, 0.575, 4.2125, 2.8725, 1.5325, 0.1925, 3.83, 2.49, 1.15, 4.7875, 3.4475, 2.1075, 0.7675, 4.405, 3.065, 1.725, 0.3825, 4.0225, 2.6825, 1.34, 0, 3.64, 2.2975, 0.9575, 4.5975, 3.255, 1.915, 0.575, 4.2125, 2.8725, 1.5325, 0.1925, 3.83, 2.49, 1.15, 4.7875, 3.4475, 2.1075, 0.7675, 4.405, 3.065, 1.725, 0.3825, 4.0225, 2.6825, 1.34], "SoftwareVersions": "syngo MR D11", "SpacingBetweenSlices": 1.7, "StationName": "AWP45239", "TotalReadoutTime": 0.0488955, "TxRefAmp": 335.954, "WipMemBlock": "cd9dcff4-6cfb-42ce-a4a2-2dbb64d49f44||Sequence: VD11D r206; Feb 13 2013 19:01:47 by eja", "dcmmeta_affine": [[-1.7421875, 0.0, 0.0, 112.63434600830078], [0.0, 1.7421875, 0.0, -119.3966293334961], [0.0, 0.0, 1.7000000476837158, -21.784194946289062], [0.0, 0.0, 0.0, 1.0]], "dcmmeta_reorient_transform": [[0.0, -1.0, 0.0, 127.0], [1.0, 0.0, 0.0, 0.0], [0.0, 0.0, 1.0, 0.0], [0.0, 0.0, 0.0, 1.0]], "dcmmeta_shape": [128, 128, 78, 64], "dcmmeta_slice_dim": 2, "dcmmeta_version": 0.6, "global": {"const": {"AcquisitionMatrix": [128, 0, 0, 128], "AngioFlag": "N", "BitsAllocated": 16, "BitsStored": 16, "BodyPartExamined": "BRAIN", "Columns": 1152, "EchoNumbers": 1, "EchoTime": 92.0, "EchoTrainLength": 51, "FlipAngle": 90.0, "HighBit": 15, "ImageOrientationPatient": [1.0, 0.0, 0.0, 0.0, 1.0, 0.0], "ImagePositionPatient": [-1004.6343454123, -993.86118412018, -21.784194946289], "ImageType": ["ORIGINAL", "PRIMARY", "DIFFUSION", "NONE", "ND", "NORM", "MOSAIC"], "ImagedNucleus": "1H", "ImagingFrequency": 123.193286, "InPlanePhaseEncodingDirection": "COL", "MRAcquisitionType": "2D", "MagneticFieldStrength": 3.0, "Manufacturer": "SIEMENS", "ManufacturerModelName": "Skyra", "Modality": "MR", "NumberOfAverages": 1.0, "NumberOfPhaseEncodingSteps": 102, "PercentPhaseFieldOfView": 100.0, "PercentSampling": 100.0, "PerformedProcedureStepStartTime": "071855.328000", "PhotometricInterpretation": "MONOCHROME2", "PixelBandwidth": 1630.0, "PixelRepresentation": 0, "PixelSpacing": [1.7421875, 1.7421875], "ProtocolName": "MBEPI with MDDW L-R", "RepetitionTime": 5000.0, "Rows": 1152, "SAR": 0.13672086456626, "SamplesPerPixel": 1, "ScanOptions": ["PFP", "FS"], "ScanningSequence": "EP", "SequenceVariant": "SK", "SeriesDescription": "MBEPI with MDDW L-R", "SeriesNumber": 15, "SeriesTime": "081652.781000", "SliceLocation": -21.784194946289, "SliceThickness": 1.7000000476837, "SmallestImagePixelValue": 0, "SoftwareVersions": "syngo MR D11", "SpacingBetweenSlices": 1.7000000198166, "SpecificCharacterSet": "ISO_IR 100", "StudyID": "1", "StudyTime": "071855.281000", "TransmitCoilName": "Body", "VariableFlipAngleFlag": "N", "WindowCenterWidthExplanation": "Algo1", "dBdt": 0.0}, "slices": {}}, "time": {"samples": {"AcquisitionNumber": [1, 2, 3, 4, 5, 6, 7, 8, 9, 10, 11, 12, 13, 14, 15, 16, 17, 18, 19, 20, 21, 22, 23, 24, 25, 26, 27, 28, 29, 30, 31, 32, 33, 34, 35, 36, 37, 38, 39, 40, 41, 42, 43, 44, 45, 46, 47, 48, 49, 50, 51, 52, 53, 54, 55, 56, 57, 58, 59, 60, 61, 62, 63, 64], "AcquisitionTime": ["081521.472500", "081651.472500", "081656.472500", "081701.472500", "081706.472500", "081711.472500", "081716.472500", "081721.472500", "081726.472500", "081731.472500", "081736.472500", "081741.472500", "081746.472500", "081751.472500", "081756.472500", "081801.472500", "081806.472500", "081811.472500", "081816.472500", "081821.472500", "081826.472500", "081831.472500", "081836.472500", "081841.472500", "081846.472500", "081851.472500", "081856.472500", "081901.472500", "081906.472500", "081911.472500", "081916.472500", "081921.472500", "081926.472500", "081931.472500", "081936.472500", "081941.472500", "081946.472500", "081951.472500", "081956.472500", "082001.472500", "082006.472500", "082011.472500", "082016.472500", "082021.472500", "082026.472500", "082031.472500", "082036.472500", "082041.472500", "082046.472500", "082051.472500", "082056.472500", "082101.472500", "082106.472500", "082111.472500", "082116.472500", "082121.472500", "082126.472500", "082131.472500", "082136.472500", "082141.472500", "082146.472500", "082151.472500", "082156.472500", "082201.472500"], "ContentTime": ["081652.781000", "081701.812000", "081706.812000", "081711.812000", "081716.812000", "081721.812000", "081726.812000", "081731.812000", "081736.812000", "081741.812000", "081746.812000", "081751.812000", "081756.812000", "081801.812000", "081806.812000", "081811.812000", "081816.812000", "081821.812000", "081826.812000", "081831.812000", "081836.812000", "081841.812000", "081846.812000", "081851.812000", "081856.812000", "081901.812000", "081906.812000", "081911.812000", "081916.812000", "081921.812000", "081926.812000", "081931.812000", "081936.812000", "081941.812000", "081946.812000", "081951.812000", "081956.812000", "082001.812000", "082006.812000", "082011.812000", "082016.812000", "082021.812000", "082026.812000", "082031.812000", "082036.812000", "082041.812000", "082046.812000", "082051.812000", "082056.812000", "082101.812000", "082106.812000", "082111.812000", "082116.812000", "082121.812000", "082126.812000", "082131.812000", "082136.812000", "082141.812000", "082146.812000", "082151.812000", "082156.812000", "082201.812000", "082206.812000", "082207.781000"], "InstanceCreationTime": ["081652.781000", "081701.812000", "081706.812000", "081711.812000", "081716.812000", "081721.812000", "081726.812000", "081731.812000", "081736.812000", "081741.812000", "081746.812000", "081751.812000", "081756.812000", "081801.812000", "081806.812000", "081811.812000", "081816.812000", "081821.812000", "081826.812000", "081831.812000", "081836.812000", "081841.812000", "081846.812000", "081851.812000", "081856.812000", "081901.812000", "081906.812000", "081911.812000", "081916.812000", "081921.812000", "081926.812000", "081931.812000", "081936.812000", "081941.812000", "081946.812000", "081951.812000", "081956.812000", "082001.812000", "082006.812000", "082011.812000", "082016.812000", "082021.812000", "082026.812000", "082031.812000", "082036.812000", "082041.812000", "082046.812000", "082051.812000", "082056.812000", "082101.812000", "082106.812000", "082111.812000", "082116.812000", "082121.812000", "082126.812000", "082131.812000", "082136.812000", "082141.812000", "082146.812000", "082151.812000", "082156.812000", "082201.812000", "082206.812000", "082207.781000"], "InstanceNumber": [1, 2, 3, 4, 5, 6, 7, 8, 9, 10, 11, 12, 13, 14, 15, 16, 17, 18, 19, 20, 21, 22, 23, 24, 25, 26, 27, 28, 29, 30, 31, 32, 33, 34, 35, 36, 37, 38, 39, 40, 41, 42, 43, 44, 45, 46, 47, 48, 49, 50, 51, 52, 53, 54, 55, 56, 57, 58, 59, 60, 61, 62, 63, 64], "LargestImagePixelValue": [65535, 19751, 21419, 21443, 20847, 20070, 19843, 19286, 21333, 20165, 20126, 20041, 21283, 20639, 20220, 20139, 65535, 20873, 20529, 21322, 20425, 21079, 22705, 20300, 20234, 22419, 21716, 22268, 21693, 20055, 21435, 20039, 65535, 10600, 10411, 10747, 10214, 11469, 10459, 10339, 11070, 11205, 10447, 11000, 11519, 10750, 11257, 10791, 65535, 11256, 10190, 12207, 12262, 10934, 11860, 10578, 10516, 10625, 11075, 12110, 12306, 10759, 12075, 10852], "SequenceName": ["ep_b5#1", "ep_b995#2", "ep_b995#3", "ep_b995#4", "ep_b995#5", "ep_b1000#6", "ep_b1000#7", "ep_b995#8", "ep_b995#9", "ep_b995#10", "ep_b1000#11", "ep_b1000#12", "ep_b1005#13", "ep_b1005#14", "ep_b1000#15", "ep_b1005#16", "ep_b5#17", "ep_b1005#18", "ep_b1000#19", "ep_b1005#20", "ep_b1005#21", "ep_b995#22", "ep_b1005#23", "ep_b1000#24", "ep_b1000#25", "ep_b1000#26", "ep_b995#27", "ep_b995#28", "ep_b995#29", "ep_b1000#30", "ep_b1005#31", "ep_b1000#32", "ep_b5#1", "ep_b1990#2", "ep_b1990#3", "ep_b1990#4", "ep_b1995#5", "ep_b1995#6", "ep_b2000#7", "ep_b1995#8", "ep_b1990#9", "ep_b1995#10", "ep_b2000#11", "ep_b2000#12", "ep_b2010#13", "ep_b2005#14", "ep_b2000#15", "ep_b2005#16", "ep_b5#17", "ep_b2005#18", "ep_b2005#19", "ep_b2005#20", "ep_b2010#21", "ep_b1990#22", "ep_b2010#23", "ep_b2000#24", "ep_b2000#25", "ep_b1995#26", "ep_b1995#27", "ep_b1995#28", "ep_b1995#29", "ep_b2000#30", "ep_b2005#31", "ep_b2000#32"], "WindowCenter": [8070.0, 3477.0, 3480.0, 3514.0, 3463.0, 3475.0, 3525.0, 3526.0, 3512.0, 3526.0, 3555.0, 3521.0, 3544.0, 3554.0, 3571.0, 3568.0, 8083.0, 3555.0, 3538.0, 3555.0, 3544.0, 3541.0, 3512.0, 3538.0, 3535.0, 3485.0, 3473.0, 3551.0, 3511.0, 3545.0, 3571.0, 3561.0, 8059.0, 2253.0, 2251.0, 2315.0, 2247.0, 2256.0, 2324.0, 2294.0, 2314.0, 2343.0, 2327.0, 2309.0, 2342.0, 2343.0, 2374.0, 2355.0, 8066.0, 2342.0, 2329.0, 2350.0, 2355.0, 2349.0, 2328.0, 2329.0, 2299.0, 2250.0, 2245.0, 2353.0, 2322.0, 2327.0, 2369.0, 2371.0], "WindowWidth": [17875.0, 7956.0, 7961.0, 8032.0, 7922.0, 7943.0, 8038.0, 8044.0, 8026.0, 8049.0, 8101.0, 8037.0, 8090.0, 8106.0, 8128.0, 8124.0, 17908.0, 8113.0, 8071.0, 8106.0, 8097.0, 8092.0, 8033.0, 8069.0, 8059.0, 7953.0, 7938.0, 8093.0, 8013.0, 8080.0, 8133.0, 8112.0, 17842.0, 5494.0, 5488.0, 5622.0, 5473.0, 5486.0, 5633.0, 5575.0, 5620.0, 5677.0, 5646.0, 5607.0, 5673.0, 5677.0, 5741.0, 5701.0, 17856.0, 5675.0, 5656.0, 5683.0, 5694.0, 5706.0, 5645.0, 5649.0, 5590.0, 5482.0, 5468.0, 5685.0, 5620.0, 5639.0, 5724.0, 5733.0]}, "slices": {}}}