{"AcquisitionMatrixPE": 128, "AcquisitionNumber": 1, "AcquisitionTime": "08:08:4.012500", "BandwidthPerPixelPhaseEncode": 20.292, "BaseResolution": 128, "BodyPartExamined": "BRAIN", "ConsistencyInfo": "N4_VD11D_LATEST_20110129", "ConversionSoftware": "dcm2niix", "ConversionSoftwareVersion": "v1.0.20210317", "DerivedVendorReportedEchoSpacing": 0.000770008, "DeviceSerialNumber": "45239", "DiffusionScheme": "Monopolar", "DwellTime": 2.4e-06, "EchoTime": 0.092, "EchoTrainLength": 51, "EffectiveEchoSpacing": 0.000385004, "FlipAngle": 90, "ImageComments": "Unaliased MB3/PE3", "ImageOrientationPatientDICOM": [1, -2.05103e-10, 0, 2.05103e-10, 1, 0], "ImageType": ["ORIGINAL", "PRIMARY", "DIFFUSION", "NONE", "ND", "NORM", "MOSAIC"], "ImagingFrequency": 123.193, "InPlanePhaseEncodingDirectionDICOM": "ROW", "InstitutionAddress": "E 24th St. 100,Austin,Southmiddle,US,78712", "InstitutionName": "Univ of Texas at Austin", "InstitutionalDepartmentName": "IRC", "MRAcquisitionType": "2D", "MagneticFieldStrength": 3, "Manufacturer": "Siemens", "ManufacturersModelName": "Skyra", "Modality": "MR", "MultibandAccelerationFactor": 3, "ParallelReductionFactorInPlane": 2, "PartialFourier": 0.75, "PatientPosition": "HFS", "PercentPhaseFOV": 100, "PercentSampling": 100, "PhaseEncodingDirection": "i", "PhaseEncodingSteps": 102, "PhaseResolution": 1, "PixelBandwidth": 1630, "ProcedureStepDescription": "Poldrack2^self-scanning", "ProtocolName": "MBEPI with MDDW R-L", "PulseSequenceDetails": "%CustomerSeq%\\cmrr_mbep2d_diff", "ReceiveCoilActiveElements": "HEA;HEP", "ReceiveCoilName": "Head_32", "ReconMatrixPE": 128, "RefLinesPE": 76, "RepetitionTime": 5, "SAR": 0.136721, "ScanOptions": "PFP\\FS", "ScanningSequence": "EP", "SequenceName": "ep_b5#1", "SequenceVariant": "SK", "SeriesDescription": "MBEPI with MDDW R-L", "SeriesNumber": 12, "ShimSetting": [-2790, 8042, -15450, 32, -215, 126, 255, -70], "SliceThickness": 1.7, "SliceTiming": [0, 3.64, 2.2975, 0.9575, 4.5975, 3.255, 1.915, 0.575, 4.215, 2.8725, 1.5325, 0.1925, 3.83, 2.49, 1.15, 4.7875, 3.4475, 2.1075, 0.7675, 4.405, 3.065, 1.725, 0.3825, 4.0225, 2.6825, 1.34, 0, 3.64, 2.2975, 0.9575, 4.5975, 3.255, 1.915, 0.575, 4.215, 2.8725, 1.5325, 0.1925, 3.83, 2.49, 1.15, 4.7875, 3.4475, 2.1075, 0.7675, 4.405, 3.065, 1.725, 0.3825, 4.0225, 2.6825, 1.34, 0, 3.64, 2.2975, 0.9575, 4.5975, 3.255, 1.915, 0.575, 4.215, 2.8725, 1.5325, 0.1925, 3.83, 2.49, 1.15, 4.7875, 3.4475, 2.1075, 0.7675, 4.405, 3.065, 1.725, 0.3825, 4.0225, 2.6825, 1.34], "SoftwareVersions": "syngo MR D11", "SpacingBetweenSlices": 1.7, "StationName": "AWP45239", "TotalReadoutTime": 0.0488955, "TxRefAmp": 335.954, "WipMemBlock": "78161e37-930b-4425-b9a8-0377c34672cc||Sequence: VD11D r206; Feb 13 2013 19:01:47 by eja", "dcmmeta_affine": [[-1.7421875, 3.573285833891049e-10, 0.0, 112.63434600830078], [3.573285833891049e-10, 1.7421875, 0.0, -119.3966293334961], [0.0, 0.0, 1.7000000476837158, -21.784194946289062], [0.0, 0.0, 0.0, 1.0]], "dcmmeta_reorient_transform": [[0.0, -1.0, 0.0, 127.0], [1.0, 0.0, 0.0, 0.0], [0.0, 0.0, 1.0, 0.0], [0.0, 0.0, 0.0, 1.0]], "dcmmeta_shape": [128, 128, 78, 64], "dcmmeta_slice_dim": 2, "dcmmeta_version": 0.6, "global": {"const": {"AcquisitionMatrix": [0, 128, 128, 0], "AngioFlag": "N", "BitsAllocated": 16, "BitsStored": 16, "BodyPartExamined": "BRAIN", "Columns": 1152, "EchoNumbers": 1, "EchoTime": 92.0, "EchoTrainLength": 51, "FlipAngle": 90.0, "HighBit": 15, "ImageOrientationPatient": [1.0, -2.051034e-10, 0.0, 2.051034e-10, 1.0, 0.0], "ImagePositionPatient": [-1004.6343456181, -993.86118391436, -21.784194946289], "ImageType": ["ORIGINAL", "PRIMARY", "DIFFUSION", "NONE", "ND", "NORM", "MOSAIC"], "ImagedNucleus": "1H", "ImagingFrequency": 123.193277, "InPlanePhaseEncodingDirection": "ROW", "MRAcquisitionType": "2D", "MagneticFieldStrength": 3.0, "Manufacturer": "SIEMENS", "ManufacturerModelName": "Skyra", "Modality": "MR", "NumberOfAverages": 1.0, "NumberOfPhaseEncodingSteps": 102, "PercentPhaseFieldOfView": 100.0, "PercentSampling": 100.0, "PerformedProcedureStepStartTime": "071855.328000", "PhotometricInterpretation": "MONOCHROME2", "PixelBandwidth": 1630.0, "PixelRepresentation": 0, "PixelSpacing": [1.7421875, 1.7421875], "ProtocolName": "MBEPI with MDDW R-L", "RepetitionTime": 5000.0, "Rows": 1152, "SAR": 0.13672086456626, "SamplesPerPixel": 1, "ScanOptions": ["PFP", "FS"], "ScanningSequence": "EP", "SequenceVariant": "SK", "SeriesDescription": "MBEPI with MDDW R-L", "SeriesNumber": 12, "SeriesTime": "080935.250000", "SliceLocation": -21.784194946289, "SliceThickness": 1.7000000476837, "SmallestImagePixelValue": 0, "SoftwareVersions": "syngo MR D11", "SpacingBetweenSlices": 1.7000000198166, "SpecificCharacterSet": "ISO_IR 100", "StudyID": "1", "StudyTime": "071855.281000", "TransmitCoilName": "Body", "VariableFlipAngleFlag": "N", "WindowCenterWidthExplanation": "Algo1", "dBdt": 0.0}, "slices": {}}, "time": {"samples": {"AcquisitionNumber": [1, 2, 3, 4, 5, 6, 7, 8, 9, 10, 11, 12, 13, 14, 15, 16, 17, 18, 19, 20, 21, 22, 23, 24, 25, 26, 27, 28, 29, 30, 31, 32, 33, 34, 35, 36, 37, 38, 39, 40, 41, 42, 43, 44, 45, 46, 47, 48, 49, 50, 51, 52, 53, 54, 55, 56, 57, 58, 59, 60, 61, 62, 63, 64], "AcquisitionTime": ["080804.012500", "080934.012500", "080939.012500", "080944.012500", "080949.012500", "080954.012500", "080959.012500", "081004.012500", "081009.012500", "081014.012500", "081019.012500", "081024.012500", "081029.012500", "081034.012500", "081039.012500", "081044.012500", "081049.012500", "081054.012500", "081059.012500", "081104.012500", "081109.012500", "081114.012500", "081119.012500", "081124.012500", "081129.012500", "081134.012500", "081139.012500", "081144.012500", "081149.012500", "081154.012500", "081159.012500", "081204.012500", "081209.012500", "081214.012500", "081219.012500", "081224.012500", "081229.012500", "081234.012500", "081239.012500", "081244.012500", "081249.012500", "081254.012500", "081259.012500", "081304.012500", "081309.012500", "081314.012500", "081319.012500", "081324.012500", "081329.012500", "081334.012500", "081339.012500", "081344.012500", "081349.012500", "081354.012500", "081359.012500", "081404.012500", "081409.012500", "081414.012500", "081419.012500", "081424.012500", "081429.012500", "081434.012500", "081439.012500", "081444.012500"], "ContentTime": ["080935.250000", "080944.609000", "080949.609000", "080954.609000", "080959.609000", "081004.609000", "081009.609000", "081014.609000", "081019.609000", "081024.609000", "081029.609000", "081034.609000", "081039.609000", "081044.609000", "081049.609000", "081054.609000", "081104.609000", "081104.609000", "081109.609000", "081114.609000", "081119.609000", "081124.609000", "081129.609000", "081134.609000", "081139.609000", "081144.609000", "081149.609000", "081154.609000", "081159.609000", "081204.609000", "081209.609000", "081214.609000", "081219.609000", "081224.609000", "081229.609000", "081234.609000", "081239.609000", "081244.609000", "081249.609000", "081254.609000", "081259.609000", "081304.609000", "081309.609000", "081314.609000", "081319.609000", "081324.609000", "081329.609000", "081334.609000", "081339.609000", "081344.609000", "081349.609000", "081354.609000", "081359.609000", "081404.609000", "081409.609000", "081414.609000", "081419.609000", "081424.609000", "081429.609000", "081434.609000", "081439.609000", "081444.609000", "081449.609000", "081450.218000"], "InstanceCreationTime": ["080935.250000", "080944.609000", "080949.609000", "080954.609000", "080959.609000", "081004.609000", "081009.609000", "081014.609000", "081019.609000", "081024.609000", "081029.609000", "081034.609000", "081039.609000", "081044.609000", "081049.609000", "081054.609000", "081104.609000", "081104.609000", "081109.609000", "081114.609000", "081119.609000", "081124.609000", "081129.609000", "081134.609000", "081139.609000", "081144.609000", "081149.609000", "081154.609000", "081159.609000", "081204.609000", "081209.609000", "081214.609000", "081219.609000", "081224.609000", "081229.609000", "081234.609000", "081239.609000", "081244.609000", "081249.609000", "081254.609000", "081259.609000", "081304.609000", "081309.609000", "081314.609000", "081319.609000", "081324.609000", "081329.609000", "081334.609000", "081339.609000", "081344.609000", "081349.609000", "081354.609000", "081359.609000", "081404.609000", "081409.609000", "081414.609000", "081419.609000", "081424.609000", "081429.609000", "081434.609000", "081439.609000", "081444.609000", "081449.609000", "081450.218000"], "InstanceNumber": [1, 2, 3, 4, 5, 6, 7, 8, 9, 10, 11, 12, 13, 14, 15, 16, 17, 18, 19, 20, 21, 22, 23, 24, 25, 26, 27, 28, 29, 30, 31, 32, 33, 34, 35, 36, 37, 38, 39, 40, 41, 42, 43, 44, 45, 46, 47, 48, 49, 50, 51, 52, 53, 54, 55, 56, 57, 58, 59, 60, 61, 62, 63, 64], "LargestImagePixelValue": [65535, 20593, 20301, 21374, 17619, 19370, 21108, 18242, 21185, 20718, 19537, 18798, 21089, 22059, 22106, 21498, 65535, 21976, 19702, 22200, 21836, 23333, 22264, 21315, 19285, 18070, 19216, 21889, 21186, 22708, 22378, 22733, 65535, 11259, 11635, 13688, 9172, 8787, 10532, 9739, 12431, 10569, 9972, 9328, 11019, 11388, 11756, 12277, 65535, 10516, 9914, 11375, 10792, 14202, 12781, 10995, 10082, 9365, 10524, 13221, 12017, 11487, 11218, 11871], "SequenceName": ["ep_b5#1", "ep_b995#2", "ep_b995#3", "ep_b995#4", "ep_b995#5", "ep_b1000#6", "ep_b1000#7", "ep_b995#8", "ep_b995#9", "ep_b995#10", "ep_b1000#11", "ep_b1000#12", "ep_b1005#13", "ep_b1005#14", "ep_b1000#15", "ep_b1005#16", "ep_b5#17", "ep_b1005#18", "ep_b1000#19", "ep_b1005#20", "ep_b1005#21", "ep_b995#22", "ep_b1005#23", "ep_b1000#24", "ep_b1000#25", "ep_b1000#26", "ep_b995#27", "ep_b995#28", "ep_b995#29", "ep_b1000#30", "ep_b1005#31", "ep_b1000#32", "ep_b5#1", "ep_b1990#2", "ep_b1990#3", "ep_b1990#4", "ep_b1995#5", "ep_b1995#6", "ep_b2000#7", "ep_b1995#8", "ep_b1990#9", "ep_b1995#10", "ep_b2000#11", "ep_b2000#12", "ep_b2010#13", "ep_b2005#14", "ep_b2000#15", "ep_b2005#16", "ep_b5#17", "ep_b2005#18", "ep_b2005#19", "ep_b2005#20", "ep_b2010#21", "ep_b1990#22", "ep_b2010#23", "ep_b2000#24", "ep_b2000#25", "ep_b1995#26", "ep_b1995#27", "ep_b1995#28", "ep_b1995#29", "ep_b2000#30", "ep_b2005#31", "ep_b2000#32"], "WindowCenter": [8095.0, 3535.0, 3540.0, 3575.0, 3537.0, 3557.0, 3603.0, 3579.0, 3584.0, 3596.0, 3593.0, 3590.0, 3600.0, 3624.0, 3652.0, 3651.0, 8135.0, 3606.0, 3601.0, 3609.0, 3596.0, 3630.0, 3582.0, 3599.0, 3589.0, 3560.0, 3556.0, 3628.0, 3589.0, 3633.0, 3629.0, 3656.0, 8121.0, 2304.0, 2307.0, 2385.0, 2277.0, 2279.0, 2384.0, 2335.0, 2365.0, 2382.0, 2368.0, 2341.0, 2379.0, 2410.0, 2446.0, 2442.0, 8139.0, 2384.0, 2359.0, 2399.0, 2382.0, 2429.0, 2385.0, 2371.0, 2356.0, 2294.0, 2293.0, 2430.0, 2353.0, 2387.0, 2431.0, 2436.0], "WindowWidth": [17750.0, 8060.0, 8081.0, 8158.0, 8060.0, 8087.0, 8181.0, 8143.0, 8159.0, 8176.0, 8167.0, 8159.0, 8192.0, 8231.0, 8285.0, 8286.0, 17844.0, 8196.0, 8176.0, 8209.0, 8184.0, 8252.0, 8162.0, 8189.0, 8159.0, 8100.0, 8103.0, 8257.0, 8181.0, 8262.0, 8251.0, 8304.0, 17828.0, 5583.0, 5592.0, 5755.0, 5531.0, 5548.0, 5752.0, 5652.0, 5706.0, 5744.0, 5722.0, 5675.0, 5733.0, 5800.0, 5888.0, 5874.0, 17859.0, 5752.0, 5719.0, 5781.0, 5747.0, 5844.0, 5752.0, 5730.0, 5708.0, 5574.0, 5565.0, 5848.0, 5692.0, 5763.0, 5856.0, 5873.0]}, "slices": {}}}