{"AcquisitionMatrixPE": 96, "AcquisitionNumber": 1, "AcquisitionTime": "07:38:15.377500", "BaseResolution": 96, "BodyPartExamined": "BRAIN", "ConsistencyInfo": "N4_VD11D_LATEST_20110129", "ConversionSoftware": "dcm2niix", "ConversionSoftwareVersion": "v1.0.20210317", "DeviceSerialNumber": "45239", "DwellTime": 9.2e-06, "EchoNumber": 2, "EchoTime": 0.00738, "EchoTime1": 0.00492, "EchoTime2": 0.00738, "FlipAngle": 50, "ImageOrientationPatientDICOM": [0.99972, -0.0213124, 0.010257, 0.0236521, 0.900825, -0.433538], "ImageType": ["ORIGINAL", "PRIMARY", "P", "ND", "PHASE"], "ImagingFrequency": 123.193, "InPlanePhaseEncodingDirectionDICOM": "COL", "InstitutionAddress": "E 24th St. 100,Austin,Southmiddle,US,78712", "InstitutionName": "Univ of Texas at Austin", "InstitutionalDepartmentName": "IRC", "MRAcquisitionType": "2D", "MagneticFieldStrength": 3, "Manufacturer": "Siemens", "ManufacturersModelName": "Skyra", "Modality": "MR", "PartialFourier": 1, "PatientPosition": "HFS", "PercentPhaseFOV": 100, "PercentSampling": 100, "PhaseEncodingDirection": "j-", "PhaseEncodingSteps": 96, "PhaseResolution": 1, "PixelBandwidth": 565, "ProcedureStepDescription": "Poldrack2^self-scanning", "ProtocolName": "gre_field_mapping", "PulseSequenceDetails": "%SiemensSeq%\\gre_field_mapping", "ReceiveCoilActiveElements": "HEA;HEP", "ReceiveCoilName": "Head_32", "ReconMatrixPE": 96, "RepetitionTime": 0.731, "SAR": 0.119485, "ScanningSequence": "GR", "SequenceName": "*fm2d2r", "SequenceVariant": "SP", "SeriesDescription": "gre_field_mapping", "SeriesNumber": 11, "ShimSetting": [-2771, 8055, -15446, 188, -229, 104, 197, -62], "SliceThickness": 2, "SliceTiming": [0.35938, 0, 0.375, 0.00781, 0.38281, 0.01562, 0.39062, 0.03125, 0.40625, 0.03906, 0.41406, 0.04688, 0.42969, 0.0625, 0.4375, 0.07031, 0.44531, 0.07812, 0.46094, 0.09375, 0.46875, 0.10156, 0.47656, 0.11719, 0.49219, 0.125, 0.5, 0.14062, 0.51562, 0.14844, 0.52344, 0.15625, 0.53125, 0.17188, 0.54688, 0.17969, 0.55469, 0.1875, 0.57031, 0.20312, 0.57812, 0.21094, 0.58594, 0.21875, 0.60156, 0.23438, 0.60938, 0.24219, 0.61719, 0.25781, 0.63281, 0.26562, 0.64062, 0.27344, 0.64844, 0.28906, 0.66406, 0.29688, 0.67188, 0.30469, 0.6875, 0.32031, 0.69531, 0.32812, 0.70312, 0.33594, 0.71875, 0.35156], "SoftwareVersions": "syngo MR D11", "SpacingBetweenSlices": 2.4, "StationName": "AWP45239", "TxRefAmp": 345.713, "dcmmeta_affine": [[-2.395163059234619, 0.05666660517454147, 0.0, 115.15215301513672], [0.05106096342206001, 2.158226251602173, -1.0407829284667969, -89.00001525878906], [0.02457400970160961, 1.0386842489242554, 2.1625823974609375, -94.19515228271484], [0.0, 0.0, 0.0, 1.0]], "dcmmeta_reorient_transform": [[0.0, -1.0, 0.0, 95.0], [1.0, 0.0, 0.0, 0.0], [0.0, 0.0, -1.0, 67.0], [0.0, 0.0, 0.0, 1.0]], "dcmmeta_shape": [96, 96, 68], "dcmmeta_slice_dim": 2, "dcmmeta_version": 0.6, "global": {"const": {"AcquisitionMatrix": [96, 0, 0, 96], "AcquisitionNumber": 1, "AngioFlag": "N", "BitsAllocated": 16, "BitsStored": 12, "BodyPartExamined": "BRAIN", "Columns": 96, "EchoNumbers": 2, "EchoTime": 7.38, "EchoTrainLength": 0, "FlipAngle": 50.0, "HighBit": 11, "ImageOrientationPatient": [0.99972024879745, -0.0213124034958, 0.0102569781905, 0.02365214883196, 0.90082493957341, -0.433537777014], "ImageType": ["ORIGINAL", "PRIMARY", "P", "ND"], "ImagedNucleus": "1H", "ImagingFrequency": 123.19325, "InPlanePhaseEncodingDirection": "COL", "MRAcquisitionType": "2D", "MagneticFieldStrength": 3.0, "Manufacturer": "SIEMENS", "ManufacturerModelName": "Skyra", "Modality": "MR", "NumberOfAverages": 1.0, "NumberOfPhaseEncodingSteps": 96, "PercentPhaseFieldOfView": 100.0, "PercentSampling": 100.0, "PerformedProcedureStepStartTime": "070927.234000", "PhotometricInterpretation": "MONOCHROME2", "PixelBandwidth": 565.0, "PixelRepresentation": 0, "PixelSpacing": [2.3958332538605, 2.3958332538605], "ProtocolName": "gre_field_mapping", "RepetitionTime": 731.0, "RescaleIntercept": -4096.0, "RescaleSlope": 2.0, "RescaleType": "US", "Rows": 96, "SAR": 0.1194848356487, "SamplesPerPixel": 1, "ScanningSequence": "GR", "SequenceName": "*fm2d2r", "SequenceVariant": "SP", "SeriesDescription": "gre_field_mapping", "SeriesNumber": 11, "SeriesTime": "074035.968000", "SliceThickness": 2.0, "SoftwareVersions": "syngo MR D11", "SpacingBetweenSlices": 2.4, "SpecificCharacterSet": "ISO_IR 100", "StudyID": "1", "StudyTime": "070927.187000", "TransmitCoilName": "Body", "VariableFlipAngleFlag": "N", "WindowCenterWidthExplanation": "Algo1", "dBdt": 0.0}, "slices": {"AcquisitionTime": ["073815.377500", "073815.012500", "073815.387500", "073815.022500", "073815.400000", "073815.032500", "073815.410000", "073815.045000", "073815.420000", "073815.055000", "073815.430000", "073815.065000", "073815.442500", "073815.077500", "073815.452500", "073815.087500", "073815.462500", "073815.097500", "073815.475000", "073815.107500", "073815.485000", "073815.120000", "073815.495000", "073815.130000", "073815.507500", "073815.140000", "073815.517500", "073815.152500", "073815.527500", "073815.162500", "073815.537500", "073815.172500", "073815.550000", "073815.185000", "073815.560000", "073815.195000", "073815.570000", "073815.205000", "073815.582500", "073815.215000", "073815.592500", "073815.227500", "073815.602500", "073815.237500", "073815.615000", "073815.247500", "073815.625000", "073815.260000", "073815.635000", "073815.270000", "073815.645000", "073815.280000", "073815.657500", "073815.292500", "073815.667500", "073815.302500", "073815.677500", "073815.312500", "073815.690000", "073815.322500", "073815.700000", "073815.335000", "073815.710000", "073815.345000", "073815.722500", "073815.355000", "073815.732500", "073815.367500"], "ContentTime": ["074036.046000", "074035.968000", "074036.046000", "074035.968000", "074036.046000", "074035.968000", "074036.046000", "074035.968000", "074036.046000", "074035.968000", "074036.046000", "074035.984000", "074036.046000", "074035.984000", "074036.062000", "074035.984000", "074036.062000", "074035.984000", "074036.062000", "074035.984000", "074036.062000", "074036.000000", "074036.062000", "074036.000000", "074036.062000", "074036.000000", "074036.234000", "074036.000000", "074036.234000", "074036.000000", "074036.234000", "074036.000000", "074036.250000", "074036.000000", "074036.250000", "074036.000000", "074036.250000", "074036.000000", "074036.250000", "074036.015000", "074036.250000", "074036.015000", "074036.250000", "074036.015000", "074036.250000", "074036.015000", "074036.250000", "074036.031000", "074036.250000", "074036.031000", "074036.265000", "074036.031000", "074036.265000", "074036.031000", "074036.265000", "074036.031000", "074036.265000", "074036.031000", "074036.265000", "074036.031000", "074036.281000", "074036.031000", "074036.281000", "074036.031000", "074036.281000", "074036.046000", "074036.281000", "074036.046000"], "CsaImage.GSWDDataType": ["measured", "predicted", "measured", "predicted", "measured", "predicted", "measured", "predicted", "measured", "predicted", "measured", "predicted", "measured", "predicted", "measured", "predicted", "measured", "predicted", "measured", "predicted", "measured", "predicted", "measured", "predicted", "measured", "predicted", "measured", "predicted", "measured", "predicted", "measured", "predicted", "measured", "predicted", "measured", "predicted", "measured", "predicted", "measured", "predicted", "measured", "predicted", "measured", "predicted", "measured", "predicted", "measured", "predicted", "measured", "predicted", "measured", "predicted", "measured", "predicted", "measured", "measured", "measured", "measured", "measured", "measured", "measured", "measured", "measured", "measured", "measured", "measured", "measured", "measured"], "CsaImage.ICE_Dims": ["X_2_1_1_1_1_1_35_1_1_1_1_728", "X_2_1_1_1_1_1_1_1_1_2_1_728", "X_2_1_1_1_1_1_36_1_1_3_1_728", "X_2_1_1_1_1_1_2_1_1_4_1_728", "X_2_1_1_1_1_1_37_1_1_5_1_728", "X_2_1_1_1_1_1_3_1_1_6_1_728", "X_2_1_1_1_1_1_38_1_1_7_1_728", "X_2_1_1_1_1_1_4_1_1_8_1_728", "X_2_1_1_1_1_1_39_1_1_9_1_728", "X_2_1_1_1_1_1_5_1_1_10_1_728", "X_2_1_1_1_1_1_40_1_1_11_1_728", "X_2_1_1_1_1_1_6_1_1_12_1_728", "X_2_1_1_1_1_1_41_1_1_13_1_728", "X_2_1_1_1_1_1_7_1_1_14_1_728", "X_2_1_1_1_1_1_42_1_1_15_1_728", "X_2_1_1_1_1_1_8_1_1_16_1_728", "X_2_1_1_1_1_1_43_1_1_17_1_728", "X_2_1_1_1_1_1_9_1_1_18_1_728", "X_2_1_1_1_1_1_44_1_1_19_1_728", "X_2_1_1_1_1_1_10_1_1_20_1_728", "X_2_1_1_1_1_1_45_1_1_21_1_728", "X_2_1_1_1_1_1_11_1_1_22_1_728", "X_2_1_1_1_1_1_46_1_1_23_1_728", "X_2_1_1_1_1_1_12_1_1_24_1_728", "X_2_1_1_1_1_1_47_1_1_25_1_728", "X_2_1_1_1_1_1_13_1_1_26_1_728", "X_2_1_1_1_1_1_48_1_1_27_1_728", "X_2_1_1_1_1_1_14_1_1_28_1_728", "X_2_1_1_1_1_1_49_1_1_29_1_728", "X_2_1_1_1_1_1_15_1_1_30_1_728", "X_2_1_1_1_1_1_50_1_1_31_1_728", "X_2_1_1_1_1_1_16_1_1_32_1_728", "X_2_1_1_1_1_1_51_1_1_33_1_728", "X_2_1_1_1_1_1_17_1_1_34_1_728", "X_2_1_1_1_1_1_52_1_1_35_1_728", "X_2_1_1_1_1_1_18_1_1_36_1_728", "X_2_1_1_1_1_1_53_1_1_37_1_728", "X_2_1_1_1_1_1_19_1_1_38_1_728", "X_2_1_1_1_1_1_54_1_1_39_1_728", "X_2_1_1_1_1_1_20_1_1_40_1_728", "X_2_1_1_1_1_1_55_1_1_41_1_728", "X_2_1_1_1_1_1_21_1_1_42_1_728", "X_2_1_1_1_1_1_56_1_1_43_1_728", "X_2_1_1_1_1_1_22_1_1_44_1_728", "X_2_1_1_1_1_1_57_1_1_45_1_728", "X_2_1_1_1_1_1_23_1_1_46_1_728", "X_2_1_1_1_1_1_58_1_1_47_1_728", "X_2_1_1_1_1_1_24_1_1_48_1_728", "X_2_1_1_1_1_1_59_1_1_49_1_728", "X_2_1_1_1_1_1_25_1_1_50_1_728", "X_2_1_1_1_1_1_60_1_1_51_1_728", "X_2_1_1_1_1_1_26_1_1_52_1_728", "X_2_1_1_1_1_1_61_1_1_53_1_728", "X_2_1_1_1_1_1_27_1_1_54_1_728", "X_2_1_1_1_1_1_62_1_1_55_1_728", "X_2_1_1_1_1_1_28_1_1_56_1_728", "X_2_1_1_1_1_1_63_1_1_57_1_728", "X_2_1_1_1_1_1_29_1_1_58_1_728", "X_2_1_1_1_1_1_64_1_1_59_1_728", "X_2_1_1_1_1_1_30_1_1_60_1_728", "X_2_1_1_1_1_1_65_1_1_61_1_728", "X_2_1_1_1_1_1_31_1_1_62_1_728", "X_2_1_1_1_1_1_66_1_1_63_1_728", "X_2_1_1_1_1_1_32_1_1_64_1_728", "X_2_1_1_1_1_1_67_1_1_65_1_728", "X_2_1_1_1_1_1_33_1_1_66_1_728", "X_2_1_1_1_1_1_68_1_1_67_1_728", "X_2_1_1_1_1_1_34_1_1_68_1_728"], "CsaImage.ProtocolSliceNumber": [0, 1, 2, 3, 4, 5, 6, 7, 8, 9, 10, 11, 12, 13, 14, 15, 16, 17, 18, 19, 20, 21, 22, 23, 24, 25, 26, 27, 28, 29, 30, 31, 32, 33, 34, 35, 36, 37, 38, 39, 40, 41, 42, 43, 44, 45, 46, 47, 48, 49, 50, 51, 52, 53, 54, 55, 56, 57, 58, 59, 60, 61, 62, 63, 64, 65, 66, 67], "CsaImage.RFSWDDataType": ["measured", "predicted", "measured", "predicted", "measured", "predicted", "measured", "predicted", "measured", "predicted", "measured", "predicted", "measured", "predicted", "measured", "predicted", "measured", "predicted", "measured", "predicted", "measured", "predicted", "measured", "predicted", "measured", "predicted", "measured", "predicted", "measured", "predicted", "measured", "predicted", "measured", "predicted", "measured", "predicted", "measured", "predicted", "measured", "predicted", "measured", "predicted", "measured", "predicted", "measured", "predicted", "measured", "predicted", "measured", "predicted", "measured", "predicted", "measured", "measured", "measured", "measured", "measured", "measured", "measured", "measured", "measured", "measured", "measured", "measured", "measured", "measured", "measured", "measured"], "CsaImage.SlicePosition_PCS": [[-120.53548117, -116.03140854, 4.47968512], [-120.53548117, -114.99062656, 6.64226751], [-120.53548117, -113.94984554, 8.80485373], [-120.53548117, -112.90906357, 10.96743994], [-120.53548117, -111.86828159, 13.13002234], [-120.53548117, -110.82749962, 15.29260855], [-120.53548117, -109.78671764, 17.45519285], [-120.53548117, -108.74593615, 19.61777716], [-120.53548117, -107.70515417, 21.78036337], [-120.53548117, -106.66437267, 23.94294767], [-120.53548117, -105.6235907, 26.10553198], [-120.53548117, -104.58280896, 28.26811628], [-120.53548117, -103.54202723, 30.4307025], [-120.53548117, -102.50124537, 32.5932868], [-120.53548117, -101.46046354, 34.75587111], [-120.53548117, -100.41968172, 36.91845636], [-120.53548117, -99.37889992, 39.08104162], [-120.53548117, -98.33811807, 41.24362593], [-120.53548117, -97.29733633, 43.40621071], [-120.53548117, -96.25655436, 45.56879573], [-120.53548117, -95.21577286, 47.73138063], [-120.53548117, -94.17499088, 49.89396553], [-120.53548117, -93.13420891, 52.05655031], [-120.53548117, -92.09342693, 54.21913509], [-120.53548117, -91.05264591, 56.38171988], [-120.53548117, -90.01186394, 58.54430513], [-120.53548117, -88.97108196, 60.70688944], [-120.53548117, -87.93029999, 62.8694747], [-120.53548117, -86.88951801, 65.032059], [-120.53548117, -85.84873604, 67.19464522], [-120.53548117, -84.80795502, 69.35722952], [-120.53548117, -83.76717209, 71.51981382], [-120.53548117, -82.72639107, 73.68239813], [-120.53548117, -81.68561005, 75.84498434], [-120.53548117, -80.64482712, 78.00756865], [-120.53548117, -79.6040461, 80.17015295], [-120.53548117, -78.56326317, 82.33273916], [-120.53548117, -77.52248215, 84.49532156], [-120.53548117, -76.48170113, 86.65790777], [-120.53548117, -75.4409182, 88.82049399], [-120.53548117, -74.40013718, 90.98307638], [-120.53548117, -73.35935425, 93.14566259], [-120.53548117, -72.31857323, 95.30824881], [-120.53548117, -71.2777903, 97.4708312], [-120.53548117, -70.23700928, 99.63341742], [-120.53548117, -69.19622826, 101.79600363], [-120.53548117, -68.15544724, 103.95858603], [-120.53548117, -67.11466431, 106.12117224], [-120.53548117, -66.07388138, 108.28375464], [-120.53548117, -65.03310226, 110.44634085], [-120.53548117, -63.99231934, 112.60892706], [-120.53548117, -62.95153641, 114.77151327], [-120.53548117, -61.91075348, 116.93409567], [-120.53548117, -60.86997437, 119.09667807], [-120.53548117, -59.82919144, 121.25926809], [-120.53548117, -58.78840851, 123.42185049], [-120.53548117, -57.74762939, 125.58443289], [-120.53548117, -56.70684647, 127.74702292], [-120.53548117, -55.66606354, 129.90960531], [-120.53548117, -54.62528061, 132.07218771], [-120.53548117, -53.5845015, 134.23477774], [-120.53548117, -52.54371857, 136.39736014], [-120.53548117, -51.50293564, 138.55994253], [-120.53548117, -50.46215653, 140.72253256], [-120.53548117, -49.4213736, 142.88511496], [-120.53548117, -48.38059067, 145.04769735], [-120.53548117, -47.33981155, 147.21028738], [-120.53548117, -46.29902863, 149.37286978]], "CsaImage.TimeAfterStart": [1.0975, 0.7325, 1.11, 0.7425, 1.12, 0.755, 1.13, 0.765, 1.1425, 0.775, 1.1525, 0.7875, 1.1625, 0.7975, 1.1725, 0.8075, 1.185, 0.82, 1.195, 0.83, 1.205, 0.84, 1.2175, 0.85, 1.2275, 0.8625, 1.2375, 0.8725, 1.25, 0.8825, 1.26, 0.895, 1.27, 0.905, 1.28, 0.915, 1.2925, 0.9275, 1.3025, 0.9375, 1.3125, 0.9475, 1.325, 0.9575, 1.335, 0.97, 1.345, 0.98, 1.3575, 0.99, 1.3675, 1.0025, 1.3775, 1.0125, 1.3875, 1.0225, 1.4, 1.035, 1.41, 1.045, 1.42, 1.055, 1.4325, 1.065, 1.4425, 1.0775, 1.4525, 1.0875], "ImagePositionPatient": [[-120.53548117297, -116.03140853921, 4.4796851169519], [-120.53548117297, -114.99062656442, 6.6422675144128], [-120.53548117297, -113.9498455433, 8.804853726571], [-120.53548117297, -112.90906356851, 10.967439938729], [-120.53548117297, -111.86828159371, 13.13002233619], [-120.53548117297, -110.82749961892, 15.292608548348], [-120.53548117297, -109.78671764413, 17.455192853158], [-120.53548117297, -108.74593614617, 19.617777157968], [-120.53548117297, -107.70515417138, 21.780363370126], [-120.53548117297, -106.66437267343, 23.942947674935], [-120.53548117297, -105.62359069863, 26.105531979745], [-120.53548117297, -104.58280896226, 28.268116284554], [-120.53548117297, -103.54202722589, 30.430702496713], [-120.53548117297, -102.5012453703, 32.593286801522], [-120.53548117297, -101.46046354452, 34.755871106332], [-120.53548117297, -100.41968171874, 36.918456364816], [-120.53548117297, -99.378899922762, 39.0810416233], [-120.53548117297, -98.338118067179, 41.243625928109], [-120.53548117297, -97.297336330805, 43.406210709756], [-120.53548117297, -96.256554356013, 45.568795729821], [-120.53548117297, -95.215772858057, 47.731380630677], [-120.53548117297, -94.174990883265, 49.893965531533], [-120.53548117297, -93.134208908472, 52.05655031318], [-120.53548117297, -92.09342693368, 54.219135094827], [-120.53548117297, -91.052645912562, 56.381719876473], [-120.53548117297, -90.011863937769, 58.544305134957], [-120.53548117297, -88.971081962977, 60.706889439767], [-120.53548117297, -87.930299988184, 62.869474698251], [-120.53548117297, -86.889518013392, 65.03205900306], [-120.53548117297, -85.848736038599, 67.194645215218], [-120.53548117297, -84.807955017481, 69.357229520028], [-120.53548117297, -83.767172089014, 71.519813824838], [-120.53548117297, -82.726391067896, 73.682398129647], [-120.53548117297, -81.685610046778, 75.844984341805], [-120.53548117297, -80.644827118311, 78.007568646615], [-120.53548117297, -79.604046097193, 80.170152951425], [-120.53548117297, -78.563263168726, 82.332739163583], [-120.53548117297, -77.522482147608, 84.495321561044], [-120.53548117297, -76.48170112649, 86.657907773202], [-120.53548117297, -75.440918198023, 88.82049398536], [-120.53548117297, -74.400137176905, 90.983076382821], [-120.53548117297, -73.359354248438, 93.145662594979], [-120.53548117297, -72.31857322732, 95.308248807137], [-120.53548117297, -71.277790298853, 97.470831204598], [-120.53548117297, -70.237009277735, 99.633417416757], [-120.53548117297, -69.196228256617, 101.79600362891], [-120.53548117297, -68.155447235499, 103.95858602638], [-120.53548117297, -67.114664307032, 106.12117223853], [-120.53548117297, -66.073881378565, 108.28375463599], [-120.53548117297, -65.033102264796, 110.44634084815], [-120.53548117297, -63.992319336329, 112.60892706031], [-120.53548117297, -62.951536407862, 114.77151327247], [-120.53548117297, -61.910753479395, 116.93409566993], [-120.53548117297, -60.869974365626, 119.09667806739], [-120.53548117297, -59.829191437159, 121.25926809425], [-120.53548117297, -58.788408508692, 123.42185049171], [-120.53548117297, -57.747629394923, 125.58443288917], [-120.53548117297, -56.706846466456, 127.74702291602], [-120.53548117297, -55.666063537989, 129.90960531349], [-120.53548117297, -54.625280609522, 132.07218771095], [-120.53548117297, -53.584501495753, 134.2347777378], [-120.53548117297, -52.543718567286, 136.39736013526], [-120.53548117297, -51.502935638819, 138.55994253272], [-120.53548117297, -50.46215652505, 140.72253255958], [-120.53548117297, -49.421373596583, 142.88511495704], [-120.53548117297, -48.380590668116, 145.0476973545], [-120.53548117297, -47.339811554346, 147.21028738136], [-120.53548117297, -46.29902862588, 149.37286977882]], "InstanceCreationTime": ["074036.046000", "074035.968000", "074036.046000", "074035.968000", "074036.046000", "074035.968000", "074036.046000", "074035.968000", "074036.046000", "074035.968000", "074036.046000", "074035.984000", "074036.046000", "074035.984000", "074036.062000", "074035.984000", "074036.062000", "074035.984000", "074036.062000", "074035.984000", "074036.062000", "074036.000000", "074036.062000", "074036.000000", "074036.062000", "074036.000000", "074036.234000", "074036.000000", "074036.234000", "074036.000000", "074036.234000", "074036.000000", "074036.250000", "074036.000000", "074036.250000", "074036.000000", "074036.250000", "074036.000000", "074036.250000", "074036.015000", "074036.250000", "074036.015000", "074036.250000", "074036.015000", "074036.250000", "074036.015000", "074036.250000", "074036.031000", "074036.250000", "074036.031000", "074036.265000", "074036.031000", "074036.265000", "074036.031000", "074036.265000", "074036.031000", "074036.265000", "074036.031000", "074036.265000", "074036.031000", "074036.281000", "074036.031000", "074036.281000", "074036.031000", "074036.281000", "074036.046000", "074036.281000", "074036.046000"], "InstanceNumber": [1, 2, 3, 4, 5, 6, 7, 8, 9, 10, 11, 12, 13, 14, 15, 16, 17, 18, 19, 20, 21, 22, 23, 24, 25, 26, 27, 28, 29, 30, 31, 32, 33, 34, 35, 36, 37, 38, 39, 40, 41, 42, 43, 44, 45, 46, 47, 48, 49, 50, 51, 52, 53, 54, 55, 56, 57, 58, 59, 60, 61, 62, 63, 64, 65, 66, 67, 68], "LargestImagePixelValue": [4094, 4094, 4093, 4094, 4091, 4094, 4094, 4094, 4093, 4093, 4091, 4094, 4093, 4094, 4094, 4094, 4094, 4093, 4094, 4093, 4094, 4093, 4094, 4084, 4087, 4092, 4094, 4091, 4091, 4094, 4094, 4088, 4090, 4094, 4094, 4090, 4094, 4093, 4093, 4093, 4090, 4094, 4094, 4091, 4093, 4091, 4093, 4093, 4094, 4092, 4094, 4094, 4093, 4094, 4094, 4093, 4094, 4094, 4093, 4093, 4094, 4094, 4092, 4094, 4093, 4094, 4093, 4094], "SliceLocation": [-46.28153301432, -43.881535150809, -41.481534263531, -39.081532962684, -36.681535099172, -34.281533798325, -31.881534216145, -29.481534840751, -27.081533539903, -24.681534164509, -22.281534582329, -19.881535103542, -17.481533906087, -15.081534375604, -12.681534858045, -10.281534481151, -7.8815341171822, -5.4815345866989, -3.0815346782448, -0.6815344515649, 1.7184654609135, 4.1184655801767, 6.5184655920232, 8.9184656038696, 11.318465202147, 13.71846564366, 16.118465225839, 18.518465667353, 20.918465249532, 23.31846655038, 25.71846571899, 28.118465714739, 30.518464883349, 32.918465770626, 35.318465766375, 37.718464934985, 40.118466649402, 42.518464099344, 44.918464986622, 47.318466701039, 49.718464150981, 52.118465865398, 54.518466752676, 56.918465029757, 59.318465917035, 61.718466804313, 64.118464254255, 66.518465968672, 68.918464245753, 71.318464305891, 73.718466020308, 76.118467734725, 78.518466011806, 80.918462634609, 83.318467786362, 85.718466063443, 88.118462686246, 90.518467837999, 92.91846611508, 95.318464392161, 97.718467889636, 100.11846616672, 102.5184644438, 104.91846794127, 107.31846621835, 109.71846449543, 112.11846799291, 114.51846626999], "SmallestImagePixelValue": [0, 0, 0, 0, 0, 0, 0, 1, 0, 1, 2, 0, 0, 0, 0, 0, 0, 0, 0, 0, 1, 0, 0, 0, 0, 0, 0, 2, 0, 1, 0, 1, 0, 6, 1, 0, 2, 0, 7, 0, 0, 4, 0, 0, 3, 10, 0, 2, 1, 0, 3, 1, 5, 1, 1, 0, 1, 0, 1, 0, 0, 0, 0, 0, 0, 1, 0, 0], "WindowCenter": [-418.0, -362.0, -164.0, -164.0, -190.0, -236.0, -280.0, -278.0, -390.0, -328.0, -548.0, -572.0, -520.0, -624.0, -514.0, -432.0, -428.0, -480.0, -432.0, -470.0, -464.0, -420.0, -424.0, -470.0, -446.0, -428.0, -440.0, -380.0, -374.0, -372.0, -304.0, -294.0, -244.0, -232.0, -206.0, -236.0, -200.0, -202.0, -186.0, -146.0, -122.0, -94.0, -88.0, -110.0, -112.0, -82.0, -86.0, -100.0, -148.0, -144.0, -156.0, -172.0, -178.0, -192.0, -190.0, -194.0, -226.0, -218.0, -264.0, -292.0, -292.0, -340.0, -334.0, -344.0, -376.0, -436.0, -442.0, -416.0], "WindowWidth": [5034.0, 5024.0, 6020.0, 6160.0, 6242.0, 6220.0, 6152.0, 6170.0, 5996.0, 5940.0, 4920.0, 4922.0, 4830.0, 4800.0, 4808.0, 4826.0, 4788.0, 4706.0, 4644.0, 4542.0, 4502.0, 4460.0, 4408.0, 4380.0, 4272.0, 4228.0, 4160.0, 4126.0, 4068.0, 4024.0, 4004.0, 3982.0, 3998.0, 3982.0, 3968.0, 3992.0, 3988.0, 4046.0, 4034.0, 4056.0, 4100.0, 4106.0, 4114.0, 4124.0, 4140.0, 4100.0, 4144.0, 4140.0, 4152.0, 4166.0, 4176.0, 4216.0, 4272.0, 4270.0, 4268.0, 4298.0, 4328.0, 4376.0, 4404.0, 4480.0, 4512.0, 4592.0, 4680.0, 4732.0, 4824.0, 4844.0, 4892.0, 4966.0]}}}