{"AcquisitionMatrixPE": 96, "AcquisitionNumber": 1, "AcquisitionTime": "17:13:53.022500", "BandwidthPerPixelPhaseEncode": 33.602, "BaseResolution": 96, "BodyPartExamined": "BRAIN", "ConsistencyInfo": "N4_VD11D_LATEST_20110129", "ConversionSoftware": "dcm2niix", "ConversionSoftwareVersion": "v1.0.20210317", "DerivedVendorReportedEchoSpacing": 0.000620003, "DeviceSerialNumber": "45239", "DwellTime": 2.6e-06, "EchoTime": 0.03, "EchoTrainLength": 48, "EffectiveEchoSpacing": 0.000310001, "FlipAngle": 63, "ImageComments": "Unaliased MB4/PE3", "ImageOrientationPatientDICOM": [0.999919, -0.011335, 0.00575057, 0.0127103, 0.891725, -0.452398], "ImageType": ["ORIGINAL", "PRIMARY", "M", "ND", "NORM", "MOSAIC"], "ImagingFrequency": 123.193, "InPlanePhaseEncodingDirectionDICOM": "COL", "InstitutionAddress": "E 24th St. 100,Austin,Southmiddle,US,78712", "InstitutionName": "Univ of Texas at Austin", "InstitutionalDepartmentName": "IRC", "MRAcquisitionType": "2D", "MagneticFieldStrength": 3, "Manufacturer": "Siemens", "ManufacturersModelName": "Skyra", "Modality": "MR", "MultibandAccelerationFactor": 4, "ParallelReductionFactorInPlane": 2, "PartialFourier": 1, "PatientPosition": "HFS", "PercentPhaseFOV": 100, "PercentSampling": 100, "PhaseEncodingDirection": "j-", "PhaseEncodingSteps": 96, "PhaseResolution": 1, "PixelBandwidth": 2005, "ProcedureStepDescription": "Poldrack2^self-scanning", "ProtocolName": "Resting State fMRI MBEPI_matrix96_BW2004", "PulseSequenceDetails": "%CustomerSeq%\\cmrr_mbep2d_bold", "ReceiveCoilActiveElements": "HEA;HEP", "ReceiveCoilName": "Head_32", "ReconMatrixPE": 96, "RefLinesPE": 94, "RepetitionTime": 1.16, "SAR": 0.100008, "ScanOptions": "FS", "ScanningSequence": "EP", "SequenceName": "epfid2d1_96", "SequenceVariant": "SK", "SeriesDescription": "Resting State fMRI MBEPI_matrix96_BW2004", "SeriesNumber": 9, "ShimSetting": [-2777, 8039, -15474, 168, -258, 188, 256, -82], "SliceThickness": 2, "SliceTiming": [0, 0.4975, 0.9975, 0.355, 0.855, 0.215, 0.7125, 0.0725, 0.57, 1.0675, 0.4275, 0.925, 0.285, 0.7825, 0.1425, 0.64, 0, 0.4975, 0.9975, 0.355, 0.855, 0.215, 0.7125, 0.0725, 0.57, 1.0675, 0.4275, 0.925, 0.285, 0.7825, 0.1425, 0.64, 0, 0.4975, 0.9975, 0.355, 0.855, 0.215, 0.7125, 0.0725, 0.57, 1.0675, 0.4275, 0.925, 0.285, 0.7825, 0.1425, 0.64, 0, 0.4975, 0.9975, 0.355, 0.855, 0.215, 0.7125, 0.0725, 0.57, 1.0675, 0.4275, 0.925, 0.285, 0.7825, 0.1425, 0.64], "SoftwareVersions": "syngo MR D11", "SpacingBetweenSlices": 2.4, "StationName": "AWP45239", "TaskName": "Resting fmri", "TotalReadoutTime": 0.0294501, "TxRefAmp": 345.363, "WipMemBlock": "efbbe256-1cb1-4782-a4d4-727e23bba3e6||Sequence: VD11D r206; Feb 13 2013 18:52:04 by eja", "dcmmeta_affine": [[-2.395639657974243, 0.03045170195400715, 1.154388495905323e-08, 117.8534164428711], [0.02715674787759781, 2.136425495147705, -1.0858432054519653, -89.4301986694336], [0.013777416199445724, 1.083870530128479, 2.1403141021728516, -79.5757064819336], [0.0, 0.0, 0.0, 1.0]], "dcmmeta_reorient_transform": [[0.0, -1.0, 0.0, 95.0], [1.0, 0.0, 0.0, 0.0], [0.0, 0.0, 1.0, 0.0], [0.0, 0.0, 0.0, 1.0]], "dcmmeta_shape": [96, 96, 64, 518], "dcmmeta_slice_dim": 2, "dcmmeta_version": 0.6, "global": {"const": {"AcquisitionMatrix": [96, 0, 0, 96], "AngioFlag": "N", "BitsAllocated": 16, "BitsStored": 16, "BodyPartExamined": "BRAIN", "Columns": 768, "EchoNumbers": 1, "EchoTime": 30.0, "EchoTrainLength": 48, "FlipAngle": 63.0, "HighBit": 15, "ImageOrientationPatient": [0.99991922118027, -0.011334990643, 0.00575057400221, 0.01271027593061, 0.89172550257107, -0.4523981398615], "ImagePositionPatient": [-935.91304602946, -822.24457392514, 382.94327381541], "ImageType": ["ORIGINAL", "PRIMARY", "M", "ND", "NORM", "MOSAIC"], "ImagedNucleus": "1H", "ImagingFrequency": 123.193358, "InPlanePhaseEncodingDirection": "COL", "MRAcquisitionType": "2D", "MagneticFieldStrength": 3.0, "Manufacturer": "SIEMENS", "ManufacturerModelName": "Skyra", "Modality": "MR", "NumberOfAverages": 1.0, "NumberOfPhaseEncodingSteps": 96, "PercentPhaseFieldOfView": 100.0, "PercentSampling": 100.0, "PerformedProcedureStepStartTime": "170201.828000", "PhotometricInterpretation": "MONOCHROME2", "PixelBandwidth": 2005.0, "PixelRepresentation": 0, "PixelSpacing": [2.3958332538605, 2.3958332538605], "ProtocolName": "Resting State fMRI MBEPI_matrix96_BW2004", "RepetitionTime": 1160.0, "Rows": 768, "SAR": 0.10000791076033, "SamplesPerPixel": 1, "ScanOptions": "FS", "ScanningSequence": "EP", "SequenceName": "epfid2d1_96", "SequenceVariant": "SK", "SeriesDescription": "Resting State fMRI MBEPI_matrix96_BW2004", "SeriesNumber": 9, "SeriesTime": "171432.937000", "SliceLocation": -30.50409209434, "SliceThickness": 2.0, "SmallestImagePixelValue": 0, "SoftwareVersions": "syngo MR D11", "SpacingBetweenSlices": 2.3999999517131, "SpecificCharacterSet": "ISO_IR 100", "StudyID": "1", "StudyTime": "170201.796000", "TransmitCoilName": "Body", "VariableFlipAngleFlag": "N", "WindowCenterWidthExplanation": "Algo1", "dBdt": 0.0}, "slices": {}}, "time": {"samples": {"AcquisitionNumber": [1, 2, 3, 4, 5, 6, 7, 8, 9, 10, 11, 12, 13, 14, 15, 16, 17, 18, 19, 20, 21, 22, 23, 24, 25, 26, 27, 28, 29, 30, 31, 32, 33, 34, 35, 36, 37, 38, 39, 40, 41, 42, 43, 44, 45, 46, 47, 48, 49, 50, 51, 52, 53, 54, 55, 56, 57, 58, 59, 60, 61, 62, 63, 64, 65, 66, 67, 68, 69, 70, 71, 72, 73, 74, 75, 76, 77, 78, 79, 80, 81, 82, 83, 84, 85, 86, 87, 88, 89, 90, 91, 92, 93, 94, 95, 96, 97, 98, 99, 100, 101, 102, 103, 104, 105, 106, 107, 108, 109, 110, 111, 112, 113, 114, 115, 116, 117, 118, 119, 120, 121, 122, 123, 124, 125, 126, 127, 128, 129, 130, 131, 132, 133, 134, 135, 136, 137, 138, 139, 140, 141, 142, 143, 144, 145, 146, 147, 148, 149, 150, 151, 152, 153, 154, 155, 156, 157, 158, 159, 160, 161, 162, 163, 164, 165, 166, 167, 168, 169, 170, 171, 172, 173, 174, 175, 176, 177, 178, 179, 180, 181, 182, 183, 184, 185, 186, 187, 188, 189, 190, 191, 192, 193, 194, 195, 196, 197, 198, 199, 200, 201, 202, 203, 204, 205, 206, 207, 208, 209, 210, 211, 212, 213, 214, 215, 216, 217, 218, 219, 220, 221, 222, 223, 224, 225, 226, 227, 228, 229, 230, 231, 232, 233, 234, 235, 236, 237, 238, 239, 240, 241, 242, 243, 244, 245, 246, 247, 248, 249, 250, 251, 252, 253, 254, 255, 256, 257, 258, 259, 260, 261, 262, 263, 264, 265, 266, 267, 268, 269, 270, 271, 272, 273, 274, 275, 276, 277, 278, 279, 280, 281, 282, 283, 284, 285, 286, 287, 288, 289, 290, 291, 292, 293, 294, 295, 296, 297, 298, 299, 300, 301, 302, 303, 304, 305, 306, 307, 308, 309, 310, 311, 312, 313, 314, 315, 316, 317, 318, 319, 320, 321, 322, 323, 324, 325, 326, 327, 328, 329, 330, 331, 332, 333, 334, 335, 336, 337, 338, 339, 340, 341, 342, 343, 344, 345, 346, 347, 348, 349, 350, 351, 352, 353, 354, 355, 356, 357, 358, 359, 360, 361, 362, 363, 364, 365, 366, 367, 368, 369, 370, 371, 372, 373, 374, 375, 376, 377, 378, 379, 380, 381, 382, 383, 384, 385, 386, 387, 388, 389, 390, 391, 392, 393, 394, 395, 396, 397, 398, 399, 400, 401, 402, 403, 404, 405, 406, 407, 408, 409, 410, 411, 412, 413, 414, 415, 416, 417, 418, 419, 420, 421, 422, 423, 424, 425, 426, 427, 428, 429, 430, 431, 432, 433, 434, 435, 436, 437, 438, 439, 440, 441, 442, 443, 444, 445, 446, 447, 448, 449, 450, 451, 452, 453, 454, 455, 456, 457, 458, 459, 460, 461, 462, 463, 464, 465, 466, 467, 468, 469, 470, 471, 472, 473, 474, 475, 476, 477, 478, 479, 480, 481, 482, 483, 484, 485, 486, 487, 488, 489, 490, 491, 492, 493, 494, 495, 496, 497, 498, 499, 500, 501, 502, 503, 504, 505, 506, 507, 508, 509, 510, 511, 512, 513, 514, 515, 516, 517, 518], "AcquisitionTime": ["171353.022500", "171422.022500", "171423.182500", "171424.342500", "171425.502500", "171426.662500", "171427.822500", "171428.982500", "171430.142500", "171431.302500", "171432.462500", "171433.622500", "171434.782500", "171435.942500", "171437.102500", "171438.262500", "171439.422500", "171440.582500", "171441.742500", "171442.902500", "171444.062500", "171445.222500", "171446.382500", "171447.542500", "171448.702500", "171449.862500", "171451.022500", "171452.182500", "171453.342500", "171454.502500", "171455.662500", "171456.822500", "171457.982500", "171459.142500", "171500.302500", "171501.462500", "171502.622500", "171503.782500", "171504.942500", "171506.102500", "171507.262500", "171508.422500", "171509.582500", "171510.742500", "171511.902500", "171513.062500", "171514.222500", "171515.382500", "171516.542500", "171517.702500", "171518.862500", "171520.022500", "171521.182500", "171522.342500", "171523.502500", "171524.662500", "171525.822500", "171526.982500", "171528.142500", "171529.302500", "171530.462500", "171531.622500", "171532.782500", "171533.942500", "171535.102500", "171536.262500", "171537.422500", "171538.582500", "171539.742500", "171540.902500", "171542.062500", "171543.222500", "171544.382500", "171545.542500", "171546.702500", "171547.862500", "171549.022500", "171550.182500", "171551.342500", "171552.502500", "171553.662500", "171554.822500", "171555.982500", "171557.142500", "171558.302500", "171559.462500", "171600.622500", "171601.782500", "171602.942500", "171604.102500", "171605.262500", "171606.422500", "171607.582500", "171608.742500", "171609.902500", "171611.062500", "171612.222500", "171613.382500", "171614.542500", "171615.702500", "171616.862500", "171618.022500", "171619.182500", "171620.342500", "171621.502500", "171622.662500", "171623.822500", "171624.982500", "171626.142500", "171627.302500", "171628.462500", "171629.622500", "171630.782500", "171631.942500", "171633.102500", "171634.262500", "171635.425000", "171636.585000", "171637.745000", "171638.905000", "171640.065000", "171641.225000", "171642.385000", "171643.545000", "171644.705000", "171645.865000", "171647.025000", "171648.185000", "171649.345000", "171650.505000", "171651.665000", "171652.825000", "171653.985000", "171655.145000", "171656.305000", "171657.465000", "171658.625000", "171659.785000", "171700.945000", "171702.105000", "171703.265000", "171704.425000", "171705.585000", "171706.745000", "171707.905000", "171709.065000", "171710.225000", "171711.385000", "171712.545000", "171713.705000", "171714.865000", "171716.025000", "171717.185000", "171718.345000", "171719.505000", "171720.665000", "171721.825000", "171722.985000", "171724.145000", "171725.305000", "171726.465000", "171727.625000", "171728.785000", "171729.945000", "171731.105000", "171732.265000", "171733.425000", "171734.585000", "171735.745000", "171736.905000", "171738.065000", "171739.225000", "171740.385000", "171741.545000", "171742.705000", "171743.865000", "171745.025000", "171746.185000", "171747.345000", "171748.505000", "171749.665000", "171750.825000", "171751.985000", "171753.145000", "171754.305000", "171755.465000", "171756.625000", "171757.785000", "171758.945000", "171800.105000", "171801.265000", "171802.425000", "171803.585000", "171804.745000", "171805.905000", "171807.065000", "171808.225000", "171809.385000", "171810.545000", "171811.705000", "171812.865000", "171814.025000", "171815.185000", "171816.345000", "171817.505000", "171818.665000", "171819.825000", "171820.985000", "171822.145000", "171823.305000", "171824.465000", "171825.625000", "171826.785000", "171827.945000", "171829.105000", "171830.265000", "171831.425000", "171832.585000", "171833.745000", "171834.905000", "171836.065000", "171837.225000", "171838.385000", "171839.545000", "171840.705000", "171841.865000", "171843.025000", "171844.185000", "171845.345000", "171846.505000", "171847.665000", "171848.825000", "171849.985000", "171851.145000", "171852.305000", "171853.465000", "171854.625000", "171855.785000", "171856.945000", "171858.105000", "171859.265000", "171900.425000", "171901.585000", "171902.745000", "171903.905000", "171905.065000", "171906.225000", "171907.385000", "171908.545000", "171909.705000", "171910.865000", "171912.025000", "171913.185000", "171914.345000", "171915.505000", "171916.665000", "171917.825000", "171918.985000", "171920.145000", "171921.305000", "171922.465000", "171923.625000", "171924.785000", "171925.945000", "171927.105000", "171928.265000", "171929.425000", "171930.585000", "171931.745000", "171932.905000", "171934.065000", "171935.225000", "171936.385000", "171937.545000", "171938.705000", "171939.865000", "171941.025000", "171942.185000", "171943.345000", "171944.505000", "171945.665000", "171946.825000", "171947.985000", "171949.145000", "171950.305000", "171951.465000", "171952.625000", "171953.785000", "171954.945000", "171956.105000", "171957.265000", "171958.425000", "171959.585000", "172000.745000", "172001.905000", "172003.065000", "172004.225000", "172005.385000", "172006.545000", "172007.705000", "172008.865000", "172010.025000", "172011.185000", "172012.345000", "172013.505000", "172014.665000", "172015.825000", "172016.985000", "172018.145000", "172019.305000", "172020.465000", "172021.625000", "172022.785000", "172023.945000", "172025.105000", "172026.265000", "172027.425000", "172028.585000", "172029.745000", "172030.905000", "172032.065000", "172033.225000", "172034.385000", "172035.545000", "172036.705000", "172037.865000", "172039.025000", "172040.185000", "172041.345000", "172042.505000", "172043.665000", "172044.825000", "172045.985000", "172047.145000", "172048.305000", "172049.465000", "172050.625000", "172051.785000", "172052.945000", "172054.105000", "172055.265000", "172056.425000", "172057.585000", "172058.745000", "172059.905000", "172101.065000", "172102.225000", "172103.385000", "172104.545000", "172105.705000", "172106.865000", "172108.025000", "172109.185000", "172110.345000", "172111.505000", "172112.665000", "172113.825000", "172114.985000", "172116.145000", "172117.305000", "172118.465000", "172119.625000", "172120.785000", "172121.945000", "172123.105000", "172124.265000", "172125.427500", "172126.587500", "172127.747500", "172128.907500", "172130.067500", "172131.227500", "172132.387500", "172133.547500", "172134.707500", "172135.867500", "172137.027500", "172138.187500", "172139.347500", "172140.507500", "172141.667500", "172142.827500", "172143.987500", "172145.147500", "172146.307500", "172147.467500", "172148.627500", "172149.787500", "172150.947500", "172152.107500", "172153.267500", "172154.427500", "172155.587500", "172156.747500", "172157.907500", "172159.067500", "172200.227500", "172201.387500", "172202.547500", "172203.707500", "172204.867500", "172206.027500", "172207.187500", "172208.347500", "172209.507500", "172210.667500", "172211.827500", "172212.987500", "172214.147500", "172215.307500", "172216.467500", "172217.627500", "172218.787500", "172219.947500", "172221.107500", "172222.267500", "172223.427500", "172224.587500", "172225.747500", "172226.907500", "172228.067500", "172229.227500", "172230.387500", "172231.547500", "172232.707500", "172233.867500", "172235.027500", "172236.187500", "172237.347500", "172238.507500", "172239.667500", "172240.827500", "172241.987500", "172243.147500", "172244.307500", "172245.467500", "172246.627500", "172247.787500", "172248.947500", "172250.107500", "172251.267500", "172252.427500", "172253.587500", "172254.747500", "172255.907500", "172257.067500", "172258.227500", "172259.387500", "172300.547500", "172301.707500", "172302.867500", "172304.027500", "172305.187500", "172306.347500", "172307.507500", "172308.667500", "172309.827500", "172310.987500", "172312.147500", "172313.307500", "172314.467500", "172315.627500", "172316.787500", "172317.947500", "172319.107500", "172320.267500", "172321.427500", "172322.587500", "172323.747500", "172324.907500", "172326.067500", "172327.227500", "172328.387500", "172329.547500", "172330.707500", "172331.867500", "172333.027500", "172334.187500", "172335.347500", "172336.507500", "172337.667500", "172338.827500", "172339.987500", "172341.147500", "172342.307500", "172343.467500", "172344.627500", "172345.787500", "172346.947500", "172348.107500", "172349.267500", "172350.427500", "172351.587500", "172352.747500", "172353.907500", "172355.067500", "172356.227500", "172357.387500", "172358.547500", "172359.707500", "172400.867500", "172402.027500", "172403.187500", "172404.347500", "172405.507500", "172406.667500", "172407.827500", "172408.987500", "172410.147500", "172411.307500", "172412.467500", "172413.627500", "172414.787500", "172415.947500", "172417.107500", "172418.267500", "172419.427500", "172420.587500"], "ContentTime": ["171432.937000", "171441.515000", "171441.515000", "171441.531000", "171441.531000", "171441.531000", "171441.531000", "171441.531000", "171441.531000", "171446.515000", "171446.531000", "171446.531000", "171451.515000", "171451.515000", "171451.531000", "171451.531000", "171456.515000", "171456.515000", "171456.531000", "171501.515000", "171501.515000", "171501.531000", "171501.531000", "171506.515000", "171506.515000", "171506.531000", "171511.515000", "171511.515000", "171511.531000", "171511.531000", "171516.515000", "171516.515000", "171516.531000", "171521.515000", "171521.515000", "171521.531000", "171521.531000", "171526.515000", "171526.531000", "171526.531000", "171531.515000", "171531.515000", "171531.531000", "171531.531000", "171536.515000", "171536.546000", "171536.562000", "171541.515000", "171541.515000", "171541.531000", "171546.515000", "171546.515000", "171546.531000", "171546.531000", "171551.515000", "171551.515000", "171551.531000", "171551.531000", "171556.515000", "171556.515000", "171556.531000", "171601.515000", "171601.515000", "171601.531000", "171601.531000", "171606.515000", "171606.515000", "171606.531000", "171606.531000", "171606.531000", "171611.515000", "171611.515000", "171611.531000", "171616.515000", "171616.515000", "171616.531000", "171616.531000", "171621.515000", "171621.531000", "171621.531000", "171626.515000", "171626.515000", "171626.531000", "171626.531000", "171626.531000", "171631.531000", "171631.531000", "171631.531000", "171631.531000", "171636.515000", "171636.515000", "171636.531000", "171636.531000", "171641.515000", "171641.515000", "171641.531000", "171641.531000", "171646.515000", "171646.531000", "171646.546000", "171651.515000", "171651.515000", "171651.531000", "171651.531000", "171656.515000", "171656.578000", "171656.578000", "171701.515000", "171701.515000", "171701.531000", "171701.531000", "171701.531000", "171706.515000", "171706.515000", "171706.531000", "171711.515000", "171711.515000", "171711.531000", "171711.531000", "171716.515000", "171716.515000", "171716.531000", "171716.531000", "171721.515000", "171721.515000", "171721.531000", "171726.515000", "171726.515000", "171726.531000", "171726.531000", "171731.515000", "171731.515000", "171731.531000", "171731.531000", "171736.515000", "171736.515000", "171736.531000", "171741.515000", "171741.515000", "171741.531000", "171741.531000", "171746.515000", "171746.515000", "171746.531000", "171746.531000", "171751.515000", "171751.531000", "171751.531000", "171756.515000", "171756.515000", "171756.531000", "171756.531000", "171801.515000", "171801.578000", "171801.578000", "171801.578000", "171806.515000", "171806.515000", "171806.531000", "171806.531000", "171811.515000", "171811.515000", "171811.531000", "171816.515000", "171816.515000", "171816.531000", "171816.531000", "171821.515000", "171821.531000", "171821.531000", "171826.515000", "171826.515000", "171826.531000", "171826.531000", "171831.515000", "171831.515000", "171831.531000", "171831.531000", "171836.515000", "171836.515000", "171836.531000", "171841.515000", "171841.515000", "171841.531000", "171841.531000", "171846.515000", "171846.515000", "171846.531000", "171851.515000", "171851.515000", "171851.531000", "171851.531000", "171856.515000", "171856.515000", "171856.531000", "171856.531000", "171901.515000", "171901.515000", "171901.531000", "171906.515000", "171906.671000", "171906.671000", "171906.671000", "171911.515000", "171911.531000", "171911.531000", "171911.531000", "171916.515000", "171916.531000", "171916.531000", "171916.546000", "171921.515000", "171921.515000", "171921.531000", "171926.515000", "171926.531000", "171926.531000", "171926.546000", "171931.515000", "171931.515000", "171931.531000", "171931.531000", "171936.515000", "171936.515000", "171936.531000", "171941.515000", "171941.515000", "171941.531000", "171941.531000", "171946.515000", "171946.531000", "171946.531000", "171946.546000", "171951.515000", "171951.515000", "171951.531000", "171951.531000", "171956.515000", "171956.531000", "171956.546000", "172001.515000", "172001.515000", "172001.531000", "172001.531000", "172006.515000", "172006.515000", "172006.531000", "172006.531000", "172011.515000", "172011.531000", "172011.531000", "172011.546000", "172016.515000", "172016.515000", "172016.531000", "172021.515000", "172021.515000", "172021.531000", "172026.515000", "172026.515000", "172026.531000", "172026.531000", "172026.531000", "172031.515000", "172031.515000", "172031.531000", "172036.515000", "172036.515000", "172036.531000", "172036.531000", "172041.531000", "172041.531000", "172041.531000", "172041.531000", "172046.515000", "172046.515000", "172046.531000", "172051.515000", "172051.531000", "172051.531000", "172051.531000", "172056.515000", "172056.515000", "172056.531000", "172056.531000", "172101.515000", "172101.531000", "172101.531000", "172106.515000", "172106.515000", "172106.531000", "172106.531000", "172111.515000", "172111.515000", "172111.531000", "172116.515000", "172116.515000", "172116.531000", "172116.531000", "172126.515000", "172126.515000", "172126.531000", "172126.531000", "172126.531000", "172126.546000", "172126.562000", "172131.515000", "172131.515000", "172131.531000", "172131.531000", "172136.515000", "172136.515000", "172136.531000", "172136.531000", "172141.515000", "172141.515000", "172141.531000", "172146.515000", "172146.515000", "172146.531000", "172146.546000", "172151.515000", "172151.515000", "172151.531000", "172151.531000", "172156.515000", "172156.531000", "172156.531000", "172201.515000", "172201.531000", "172201.531000", "172201.531000", "172206.515000", "172206.515000", "172206.531000", "172206.531000", "172211.515000", "172211.515000", "172211.531000", "172211.531000", "172216.515000", "172216.515000", "172216.531000", "172221.515000", "172221.531000", "172221.531000", "172221.531000", "172226.515000", "172226.515000", "172226.531000", "172226.531000", "172231.515000", "172231.515000", "172231.531000", "172236.515000", "172236.515000", "172236.531000", "172236.531000", "172241.515000", "172241.515000", "172241.531000", "172241.531000", "172246.515000", "172246.531000", "172246.531000", "172251.515000", "172251.515000", "172251.531000", "172251.531000", "172256.515000", "172256.515000", "172256.531000", "172256.531000", "172301.515000", "172301.531000", "172301.531000", "172306.515000", "172306.515000", "172306.531000", "172306.531000", "172311.515000", "172311.515000", "172311.531000", "172316.515000", "172316.531000", "172316.531000", "172316.531000", "172321.515000", "172321.515000", "172321.531000", "172321.531000", "172326.515000", "172326.515000", "172326.531000", "172326.531000", "172331.515000", "172331.515000", "172331.531000", "172336.515000", "172336.515000", "172336.531000", "172336.531000", "172341.515000", "172341.515000", "172341.531000", "172341.531000", "172346.515000", "172346.515000", "172346.531000", "172346.531000", "172351.515000", "172351.515000", "172351.531000", "172351.531000", "172356.515000", "172356.515000", "172356.531000", "172401.515000", "172401.515000", "172401.531000", "172401.531000", "172406.515000", "172406.515000", "172406.531000", "172406.531000", "172411.515000", "172411.515000", "172411.531000", "172411.531000", "172416.515000", "172416.531000", "172416.531000", "172421.515000", "172421.531000", "172421.531000", "172421.531000", "172426.515000", "172426.515000", "172426.531000", "172426.531000", "172431.515000", "172431.515000", "172431.531000", "172431.531000", "172436.515000", "172436.515000", "172436.531000", "172436.531000", "172441.515000", "172441.515000", "172441.531000", "172441.531000", "172446.515000", "172446.515000", "172446.531000", "172446.531000", "172451.515000", "172451.515000", "172451.531000", "172451.531000", "172456.515000", "172456.515000", "172456.531000", "172501.515000", "172501.515000", "172501.531000", "172501.531000", "172501.531000", "172506.531000", "172506.531000", "172506.531000", "172506.546000", "172511.515000", "172511.531000", "172511.531000", "172511.531000", "172516.515000", "172516.531000", "172516.531000", "172516.531000", "172521.515000", "172521.515000", "172521.531000", "172521.531000", "172526.515000", "172526.531000", "172526.531000", "172526.546000", "172531.515000", "172531.531000", "172531.531000", "172531.531000", "172536.515000", "172536.531000", "172536.531000", "172536.531000", "172541.515000", "172541.531000", "172541.531000", "172541.531000", "172546.515000", "172546.531000", "172546.531000", "172546.531000", "172551.515000", "172551.515000", "172551.531000", "172551.531000", "172556.515000", "172556.531000", "172556.531000", "172556.531000", "172601.515000", "172601.515000", "172601.531000", "172601.531000", "172602.546000", "172602.562000"], "InstanceCreationTime": ["171432.937000", "171441.515000", "171441.515000", "171441.531000", "171441.531000", "171441.531000", "171441.531000", "171441.531000", "171441.531000", "171446.515000", "171446.531000", "171446.531000", "171451.515000", "171451.515000", "171451.531000", "171451.531000", "171456.515000", "171456.515000", "171456.531000", "171501.515000", "171501.515000", "171501.531000", "171501.531000", "171506.515000", "171506.515000", "171506.531000", "171511.515000", "171511.515000", "171511.531000", "171511.531000", "171516.515000", "171516.515000", "171516.531000", "171521.515000", "171521.515000", "171521.531000", "171521.531000", "171526.515000", "171526.531000", "171526.531000", "171531.515000", "171531.515000", "171531.531000", "171531.531000", "171536.515000", "171536.546000", "171536.562000", "171541.515000", "171541.515000", "171541.531000", "171546.515000", "171546.515000", "171546.531000", "171546.531000", "171551.515000", "171551.515000", "171551.531000", "171551.531000", "171556.515000", "171556.515000", "171556.531000", "171601.515000", "171601.515000", "171601.531000", "171601.531000", "171606.515000", "171606.515000", "171606.531000", "171606.531000", "171606.531000", "171611.515000", "171611.515000", "171611.531000", "171616.515000", "171616.515000", "171616.531000", "171616.531000", "171621.515000", "171621.531000", "171621.531000", "171626.515000", "171626.515000", "171626.531000", "171626.531000", "171626.531000", "171631.531000", "171631.531000", "171631.531000", "171631.531000", "171636.515000", "171636.515000", "171636.531000", "171636.531000", "171641.515000", "171641.515000", "171641.531000", "171641.531000", "171646.515000", "171646.531000", "171646.546000", "171651.515000", "171651.515000", "171651.531000", "171651.531000", "171656.515000", "171656.578000", "171656.578000", "171701.515000", "171701.515000", "171701.531000", "171701.531000", "171701.531000", "171706.515000", "171706.515000", "171706.531000", "171711.515000", "171711.515000", "171711.531000", "171711.531000", "171716.515000", "171716.515000", "171716.531000", "171716.531000", "171721.515000", "171721.515000", "171721.531000", "171726.515000", "171726.515000", "171726.531000", "171726.531000", "171731.515000", "171731.515000", "171731.531000", "171731.531000", "171736.515000", "171736.515000", "171736.531000", "171741.515000", "171741.515000", "171741.531000", "171741.531000", "171746.515000", "171746.515000", "171746.531000", "171746.531000", "171751.515000", "171751.531000", "171751.531000", "171756.515000", "171756.515000", "171756.531000", "171756.531000", "171801.515000", "171801.578000", "171801.578000", "171801.578000", "171806.515000", "171806.515000", "171806.531000", "171806.531000", "171811.515000", "171811.515000", "171811.531000", "171816.515000", "171816.515000", "171816.531000", "171816.531000", "171821.515000", "171821.531000", "171821.531000", "171826.515000", "171826.515000", "171826.531000", "171826.531000", "171831.515000", "171831.515000", "171831.531000", "171831.531000", "171836.515000", "171836.515000", "171836.531000", "171841.515000", "171841.515000", "171841.531000", "171841.531000", "171846.515000", "171846.515000", "171846.531000", "171851.515000", "171851.515000", "171851.531000", "171851.531000", "171856.515000", "171856.515000", "171856.531000", "171856.531000", "171901.515000", "171901.515000", "171901.531000", "171906.515000", "171906.671000", "171906.671000", "171906.671000", "171911.515000", "171911.531000", "171911.531000", "171911.531000", "171916.515000", "171916.531000", "171916.531000", "171916.546000", "171921.515000", "171921.515000", "171921.531000", "171926.515000", "171926.531000", "171926.531000", "171926.546000", "171931.515000", "171931.515000", "171931.531000", "171931.531000", "171936.515000", "171936.515000", "171936.531000", "171941.515000", "171941.515000", "171941.531000", "171941.531000", "171946.515000", "171946.531000", "171946.531000", "171946.546000", "171951.515000", "171951.515000", "171951.531000", "171951.531000", "171956.515000", "171956.531000", "171956.546000", "172001.515000", "172001.515000", "172001.531000", "172001.531000", "172006.515000", "172006.515000", "172006.531000", "172006.531000", "172011.515000", "172011.531000", "172011.531000", "172011.546000", "172016.515000", "172016.515000", "172016.531000", "172021.515000", "172021.515000", "172021.531000", "172026.515000", "172026.515000", "172026.531000", "172026.531000", "172026.531000", "172031.515000", "172031.515000", "172031.531000", "172036.515000", "172036.515000", "172036.531000", "172036.531000", "172041.531000", "172041.531000", "172041.531000", "172041.531000", "172046.515000", "172046.515000", "172046.531000", "172051.515000", "172051.531000", "172051.531000", "172051.531000", "172056.515000", "172056.515000", "172056.531000", "172056.531000", "172101.515000", "172101.531000", "172101.531000", "172106.515000", "172106.515000", "172106.531000", "172106.531000", "172111.515000", "172111.515000", "172111.531000", "172116.515000", "172116.515000", "172116.531000", "172116.531000", "172126.515000", "172126.515000", "172126.531000", "172126.531000", "172126.531000", "172126.546000", "172126.562000", "172131.515000", "172131.515000", "172131.531000", "172131.531000", "172136.515000", "172136.515000", "172136.531000", "172136.531000", "172141.515000", "172141.515000", "172141.531000", "172146.515000", "172146.515000", "172146.531000", "172146.546000", "172151.515000", "172151.515000", "172151.531000", "172151.531000", "172156.515000", "172156.531000", "172156.531000", "172201.515000", "172201.531000", "172201.531000", "172201.531000", "172206.515000", "172206.515000", "172206.531000", "172206.531000", "172211.515000", "172211.515000", "172211.531000", "172211.531000", "172216.515000", "172216.515000", "172216.531000", "172221.515000", "172221.531000", "172221.531000", "172221.531000", "172226.515000", "172226.515000", "172226.531000", "172226.531000", "172231.515000", "172231.515000", "172231.531000", "172236.515000", "172236.515000", "172236.531000", "172236.531000", "172241.515000", "172241.515000", "172241.531000", "172241.531000", "172246.515000", "172246.531000", "172246.531000", "172251.515000", "172251.515000", "172251.531000", "172251.531000", "172256.515000", "172256.515000", "172256.531000", "172256.531000", "172301.515000", "172301.531000", "172301.531000", "172306.515000", "172306.515000", "172306.531000", "172306.531000", "172311.515000", "172311.515000", "172311.531000", "172316.515000", "172316.531000", "172316.531000", "172316.531000", "172321.515000", "172321.515000", "172321.531000", "172321.531000", "172326.515000", "172326.515000", "172326.531000", "172326.531000", "172331.515000", "172331.515000", "172331.531000", "172336.515000", "172336.515000", "172336.531000", "172336.531000", "172341.515000", "172341.515000", "172341.531000", "172341.531000", "172346.515000", "172346.515000", "172346.531000", "172346.531000", "172351.515000", "172351.515000", "172351.531000", "172351.531000", "172356.515000", "172356.515000", "172356.531000", "172401.515000", "172401.515000", "172401.531000", "172401.531000", "172406.515000", "172406.515000", "172406.531000", "172406.531000", "172411.515000", "172411.515000", "172411.531000", "172411.531000", "172416.515000", "172416.531000", "172416.531000", "172421.515000", "172421.531000", "172421.531000", "172421.531000", "172426.515000", "172426.515000", "172426.531000", "172426.531000", "172431.515000", "172431.515000", "172431.531000", "172431.531000", "172436.515000", "172436.515000", "172436.531000", "172436.531000", "172441.515000", "172441.515000", "172441.531000", "172441.531000", "172446.515000", "172446.515000", "172446.531000", "172446.531000", "172451.515000", "172451.515000", "172451.531000", "172451.531000", "172456.515000", "172456.515000", "172456.531000", "172501.515000", "172501.515000", "172501.531000", "172501.531000", "172501.531000", "172506.531000", "172506.531000", "172506.531000", "172506.546000", "172511.515000", "172511.531000", "172511.531000", "172511.531000", "172516.515000", "172516.531000", "172516.531000", "172516.531000", "172521.515000", "172521.515000", "172521.531000", "172521.531000", "172526.515000", "172526.531000", "172526.531000", "172526.546000", "172531.515000", "172531.531000", "172531.531000", "172531.531000", "172536.515000", "172536.531000", "172536.531000", "172536.531000", "172541.515000", "172541.531000", "172541.531000", "172541.531000", "172546.515000", "172546.531000", "172546.531000", "172546.531000", "172551.515000", "172551.515000", "172551.531000", "172551.531000", "172556.515000", "172556.531000", "172556.531000", "172556.531000", "172601.515000", "172601.515000", "172601.531000", "172601.531000", "172602.546000", "172602.562000"], "InstanceNumber": [1, 2, 3, 4, 5, 6, 7, 8, 9, 10, 11, 12, 13, 14, 15, 16, 17, 18, 19, 20, 21, 22, 23, 24, 25, 26, 27, 28, 29, 30, 31, 32, 33, 34, 35, 36, 37, 38, 39, 40, 41, 42, 43, 44, 45, 46, 47, 48, 49, 50, 51, 52, 53, 54, 55, 56, 57, 58, 59, 60, 61, 62, 63, 64, 65, 66, 67, 68, 69, 70, 71, 72, 73, 74, 75, 76, 77, 78, 79, 80, 81, 82, 83, 84, 85, 86, 87, 88, 89, 90, 91, 92, 93, 94, 95, 96, 97, 98, 99, 100, 101, 102, 103, 104, 105, 106, 107, 108, 109, 110, 111, 112, 113, 114, 115, 116, 117, 118, 119, 120, 121, 122, 123, 124, 125, 126, 127, 128, 129, 130, 131, 132, 133, 134, 135, 136, 137, 138, 139, 140, 141, 142, 143, 144, 145, 146, 147, 148, 149, 150, 151, 152, 153, 154, 155, 156, 157, 158, 159, 160, 161, 162, 163, 164, 165, 166, 167, 168, 169, 170, 171, 172, 173, 174, 175, 176, 177, 178, 179, 180, 181, 182, 183, 184, 185, 186, 187, 188, 189, 190, 191, 192, 193, 194, 195, 196, 197, 198, 199, 200, 201, 202, 203, 204, 205, 206, 207, 208, 209, 210, 211, 212, 213, 214, 215, 216, 217, 218, 219, 220, 221, 222, 223, 224, 225, 226, 227, 228, 229, 230, 231, 232, 233, 234, 235, 236, 237, 238, 239, 240, 241, 242, 243, 244, 245, 246, 247, 248, 249, 250, 251, 252, 253, 254, 255, 256, 257, 258, 259, 260, 261, 262, 263, 264, 265, 266, 267, 268, 269, 270, 271, 272, 273, 274, 275, 276, 277, 278, 279, 280, 281, 282, 283, 284, 285, 286, 287, 288, 289, 290, 291, 292, 293, 294, 295, 296, 297, 298, 299, 300, 301, 302, 303, 304, 305, 306, 307, 308, 309, 310, 311, 312, 313, 314, 315, 316, 317, 318, 319, 320, 321, 322, 323, 324, 325, 326, 327, 328, 329, 330, 331, 332, 333, 334, 335, 336, 337, 338, 339, 340, 341, 342, 343, 344, 345, 346, 347, 348, 349, 350, 351, 352, 353, 354, 355, 356, 357, 358, 359, 360, 361, 362, 363, 364, 365, 366, 367, 368, 369, 370, 371, 372, 373, 374, 375, 376, 377, 378, 379, 380, 381, 382, 383, 384, 385, 386, 387, 388, 389, 390, 391, 392, 393, 394, 395, 396, 397, 398, 399, 400, 401, 402, 403, 404, 405, 406, 407, 408, 409, 410, 411, 412, 413, 414, 415, 416, 417, 418, 419, 420, 421, 422, 423, 424, 425, 426, 427, 428, 429, 430, 431, 432, 433, 434, 435, 436, 437, 438, 439, 440, 441, 442, 443, 444, 445, 446, 447, 448, 449, 450, 451, 452, 453, 454, 455, 456, 457, 458, 459, 460, 461, 462, 463, 464, 465, 466, 467, 468, 469, 470, 471, 472, 473, 474, 475, 476, 477, 478, 479, 480, 481, 482, 483, 484, 485, 486, 487, 488, 489, 490, 491, 492, 493, 494, 495, 496, 497, 498, 499, 500, 501, 502, 503, 504, 505, 506, 507, 508, 509, 510, 511, 512, 513, 514, 515, 516, 517, 518], "LargestImagePixelValue": [29939, 24216, 25965, 23808, 22403, 26383, 26059, 22918, 30473, 26780, 23136, 26809, 27576, 22758, 30208, 22825, 24242, 28151, 24074, 24922, 22553, 26241, 29300, 22988, 25436, 22543, 31344, 25106, 23611, 27895, 24311, 25250, 22799, 23650, 27731, 25760, 22669, 27610, 22918, 25544, 23665, 24078, 26015, 29258, 22469, 26517, 22482, 23307, 30162, 28313, 22603, 25785, 22713, 23642, 28643, 25679, 24737, 25283, 27410, 22674, 26732, 23377, 22410, 24751, 28813, 23715, 23366, 31305, 25433, 25473, 24913, 26141, 22435, 26442, 23131, 23432, 27630, 23954, 22383, 28803, 24610, 22719, 30477, 22340, 23176, 29065, 22539, 22666, 28349, 22408, 25360, 30783, 22236, 23525, 31522, 22353, 23000, 25353, 23663, 23988, 30415, 25274, 22374, 28583, 22470, 23192, 27558, 22640, 24677, 24997, 22560, 28512, 22527, 26409, 22393, 24119, 25099, 29208, 22794, 23606, 23431, 25331, 22828, 23488, 28157, 26529, 22898, 29241, 22737, 23452, 23559, 23915, 26892, 25291, 23099, 27810, 22675, 25908, 26688, 22526, 28816, 23214, 24940, 24787, 22313, 23661, 29759, 22394, 23837, 22831, 23389, 27435, 22734, 25413, 22166, 23451, 27348, 25989, 23505, 26463, 22560, 29087, 27179, 23791, 29222, 23685, 23442, 24483, 23222, 26497, 25767, 22878, 30603, 25359, 22808, 28877, 23543, 22323, 27393, 22828, 28540, 26074, 22230, 23741, 30664, 22577, 27246, 22428, 24344, 27974, 23564, 24017, 27300, 22510, 25874, 25670, 22646, 30078, 22564, 25236, 29223, 23253, 24776, 22473, 23833, 24180, 22620, 26276, 22677, 26305, 23509, 24076, 29680, 23189, 23276, 26613, 22222, 27085, 23545, 22906, 29086, 23541, 24672, 22350, 23535, 28677, 25675, 23402, 30387, 24372, 24807, 26076, 22615, 25370, 22410, 25691, 22366, 23179, 29043, 23067, 24044, 26490, 23356, 22169, 23762, 29593, 25604, 22436, 30589, 24153, 25594, 22444, 29393, 27776, 26629, 24369, 22809, 32375, 24646, 22243, 29827, 22356, 22238, 23394, 22902, 24616, 23250, 22222, 26277, 23307, 25828, 26362, 22822, 25934, 25287, 22630, 31198, 25329, 23008, 28851, 24016, 23437, 24721, 22124, 27709, 22800, 23198, 28556, 22952, 26301, 22869, 23122, 30144, 27223, 23474, 29978, 24665, 23308, 29885, 24815, 22812, 22210, 22424, 29020, 23574, 26450, 27873, 26898, 22428, 25491, 25212, 23304, 30253, 24389, 23689, 27931, 22224, 22520, 24318, 22181, 27959, 22937, 23164, 23838, 26140, 22253, 22161, 22312, 23870, 30150, 23409, 23876, 23108, 23252, 29657, 23275, 23546, 22407, 23194, 24562, 22215, 29193, 22714, 26340, 22200, 25413, 25185, 22992, 27401, 22233, 28670, 23315, 22360, 27289, 22258, 22212, 23186, 30997, 23366, 27467, 22256, 22195, 27152, 22149, 27324, 22763, 24992, 21908, 24280, 23793, 22237, 29279, 23057, 27102, 23205, 23408, 24390, 23328, 28690, 25526, 22375, 27309, 22099, 27269, 22041, 23613, 28098, 23769, 25136, 22305, 22724, 27849, 23314, 22365, 25939, 22235, 25811, 22555, 24150, 27293, 23048, 22165, 22541, 22458, 24258, 31619, 25156, 23783, 23727, 22151, 27334, 26773, 22359, 28700, 22083, 22360, 27263, 22117, 24750, 22078, 22525, 27684, 22383, 30111, 24247, 24566, 26426, 23388, 22540, 25148, 22148, 28565, 22737, 22490, 24218, 22268, 22225, 22473, 25171, 26248, 22294, 28936, 22391, 26151, 22771, 24218, 30706, 23967, 29227, 22084, 23123, 30421, 22876, 25694, 23828, 23078, 27688, 22345, 22128, 30411, 22345, 27109, 22265, 23237, 29242, 22322, 23467, 22166, 23415, 28891, 23965, 22382, 28240, 24447, 31841, 22141, 23283, 30460, 23045, 22224, 22985, 22111, 26958, 22944, 22726, 27715, 22146, 24307, 22000, 22993, 24342, 22368, 22047, 25049, 26756, 25629, 23202, 30803, 23062, 24116, 22062, 24058, 30753, 24821, 24393, 22010, 22508, 29718, 23357, 23001, 21977, 23074, 26065, 22212, 28172, 24475, 22576, 32246], "WindowCenter": [9716.0, 9700.0, 9692.0, 9702.0, 9680.0, 9702.0, 9685.0, 9696.0, 9711.0, 9704.0, 9673.0, 9682.0, 9708.0, 9679.0, 9712.0, 9672.0, 9674.0, 9697.0, 9681.0, 9701.0, 9683.0, 9687.0, 9768.0, 9706.0, 9704.0, 9683.0, 9708.0, 9668.0, 9657.0, 9683.0, 9658.0, 9698.0, 9697.0, 9680.0, 9693.0, 9693.0, 9655.0, 9695.0, 9681.0, 9702.0, 9686.0, 9685.0, 9687.0, 9703.0, 9677.0, 9685.0, 9666.0, 9665.0, 9697.0, 9692.0, 9663.0, 9685.0, 9673.0, 9686.0, 9705.0, 9682.0, 9680.0, 9677.0, 9678.0, 9679.0, 9681.0, 9677.0, 9684.0, 9682.0, 9705.0, 9681.0, 9681.0, 9702.0, 9682.0, 9680.0, 9683.0, 9689.0, 9662.0, 9691.0, 9681.0, 9675.0, 9708.0, 9672.0, 9680.0, 9699.0, 9681.0, 9658.0, 9691.0, 9665.0, 9670.0, 9676.0, 9660.0, 9661.0, 9687.0, 9662.0, 9675.0, 9675.0, 9651.0, 9657.0, 9680.0, 9652.0, 9667.0, 9690.0, 9679.0, 9685.0, 9717.0, 9690.0, 9653.0, 9690.0, 9663.0, 9672.0, 9700.0, 9686.0, 9696.0, 9681.0, 9659.0, 9677.0, 9655.0, 9676.0, 9670.0, 9679.0, 9667.0, 9690.0, 9640.0, 9668.0, 9660.0, 9672.0, 9669.0, 9676.0, 9682.0, 9666.0, 9653.0, 9688.0, 9649.0, 9663.0, 9664.0, 9660.0, 9686.0, 9672.0, 9652.0, 9672.0, 9680.0, 9702.0, 9684.0, 9658.0, 9695.0, 9662.0, 9663.0, 9684.0, 9668.0, 9675.0, 9683.0, 9666.0, 9670.0, 9683.0, 9659.0, 9672.0, 9659.0, 9666.0, 9667.0, 9689.0, 9691.0, 9678.0, 9676.0, 9688.0, 9671.0, 9699.0, 9689.0, 9652.0, 9691.0, 9662.0, 9668.0, 9665.0, 9667.0, 9662.0, 9672.0, 9668.0, 9691.0, 9672.0, 9662.0, 9677.0, 9663.0, 9642.0, 9680.0, 9667.0, 9688.0, 9674.0, 9649.0, 9644.0, 9676.0, 9635.0, 9661.0, 9669.0, 9684.0, 9679.0, 9679.0, 9659.0, 9678.0, 9686.0, 9687.0, 9669.0, 9662.0, 9693.0, 9679.0, 9687.0, 9683.0, 9649.0, 9665.0, 9661.0, 9669.0, 9656.0, 9664.0, 9658.0, 9653.0, 9679.0, 9677.0, 9660.0, 9687.0, 9647.0, 9655.0, 9651.0, 9648.0, 9673.0, 9641.0, 9646.0, 9662.0, 9671.0, 9659.0, 9645.0, 9655.0, 9666.0, 9660.0, 9643.0, 9671.0, 9667.0, 9673.0, 9668.0, 9648.0, 9661.0, 9642.0, 9668.0, 9660.0, 9645.0, 9674.0, 9644.0, 9661.0, 9675.0, 9673.0, 9668.0, 9668.0, 9696.0, 9672.0, 9642.0, 9686.0, 9632.0, 9656.0, 9646.0, 9620.0, 9747.0, 9727.0, 9679.0, 9650.0, 9669.0, 9620.0, 9615.0, 9676.0, 9624.0, 9636.0, 9659.0, 9644.0, 9652.0, 9652.0, 9658.0, 9679.0, 9659.0, 9680.0, 9674.0, 9650.0, 9658.0, 9669.0, 9661.0, 9702.0, 9671.0, 9656.0, 9669.0, 9648.0, 9654.0, 9670.0, 9673.0, 9703.0, 9668.0, 9654.0, 9683.0, 9661.0, 9690.0, 9672.0, 9658.0, 9688.0, 9673.0, 9655.0, 9694.0, 9665.0, 9660.0, 9671.0, 9670.0, 9650.0, 9659.0, 9675.0, 9717.0, 9665.0, 9695.0, 9673.0, 9666.0, 9665.0, 9678.0, 9667.0, 9655.0, 9685.0, 9670.0, 9659.0, 9673.0, 9641.0, 9652.0, 9659.0, 9651.0, 9676.0, 9636.0, 9646.0, 9664.0, 9645.0, 9647.0, 9643.0, 9669.0, 9671.0, 9672.0, 9654.0, 9653.0, 9649.0, 9651.0, 9672.0, 9649.0, 9639.0, 9651.0, 9655.0, 9659.0, 9643.0, 9668.0, 9642.0, 9658.0, 9654.0, 9669.0, 9646.0, 9632.0, 9661.0, 9645.0, 9667.0, 9638.0, 9625.0, 9645.0, 9650.0, 9642.0, 9660.0, 9678.0, 9665.0, 9674.0, 9642.0, 9622.0, 9650.0, 9629.0, 9664.0, 9634.0, 9659.0, 9638.0, 9649.0, 9634.0, 9624.0, 9670.0, 9641.0, 9648.0, 9642.0, 9660.0, 9657.0, 9641.0, 9659.0, 9651.0, 9640.0, 9657.0, 9637.0, 9676.0, 9644.0, 9647.0, 9655.0, 9667.0, 9662.0, 9636.0, 9646.0, 9669.0, 9652.0, 9642.0, 9658.0, 9639.0, 9671.0, 9647.0, 9648.0, 9661.0, 9666.0, 9652.0, 9661.0, 9654.0, 9666.0, 9680.0, 9649.0, 9654.0, 9654.0, 9650.0, 9649.0, 9666.0, 9626.0, 9668.0, 9649.0, 9647.0, 9657.0, 9634.0, 9654.0, 9641.0, 9644.0, 9671.0, 9641.0, 9676.0, 9641.0, 9653.0, 9659.0, 9635.0, 9635.0, 9642.0, 9641.0, 9679.0, 9622.0, 9625.0, 9642.0, 9640.0, 9666.0, 9663.0, 9668.0, 9664.0, 9649.0, 9663.0, 9660.0, 9682.0, 9668.0, 9649.0, 9678.0, 9648.0, 9674.0, 9648.0, 9636.0, 9665.0, 9638.0, 9638.0, 9638.0, 9646.0, 9668.0, 9639.0, 9628.0, 9669.0, 9622.0, 9654.0, 9652.0, 9632.0, 9667.0, 9632.0, 9632.0, 9640.0, 9647.0, 9660.0, 9646.0, 9609.0, 9653.0, 9632.0, 9653.0, 9623.0, 9626.0, 9656.0, 9608.0, 9610.0, 9621.0, 9635.0, 9646.0, 9632.0, 9630.0, 9635.0, 9617.0, 9633.0, 9628.0, 9625.0, 9643.0, 9624.0, 9641.0, 9673.0, 9664.0, 9668.0, 9644.0, 9667.0, 9651.0, 9655.0, 9660.0, 9650.0, 9683.0, 9650.0, 9661.0, 9647.0, 9641.0, 9661.0, 9635.0, 9621.0, 9647.0, 9641.0, 9657.0, 9625.0, 9656.0, 9626.0, 9627.0, 9672.0], "WindowWidth": [20521.0, 20493.0, 20469.0, 20491.0, 20452.0, 20488.0, 20457.0, 20476.0, 20500.0, 20484.0, 20427.0, 20442.0, 20493.0, 20441.0, 20498.0, 20429.0, 20431.0, 20470.0, 20448.0, 20482.0, 20450.0, 20464.0, 20641.0, 20504.0, 20494.0, 20453.0, 20489.0, 20411.0, 20393.0, 20440.0, 20400.0, 20483.0, 20480.0, 20446.0, 20468.0, 20463.0, 20391.0, 20470.0, 20452.0, 20486.0, 20459.0, 20453.0, 20454.0, 20481.0, 20440.0, 20456.0, 20419.0, 20414.0, 20468.0, 20456.0, 20403.0, 20446.0, 20435.0, 20455.0, 20486.0, 20443.0, 20436.0, 20431.0, 20438.0, 20439.0, 20447.0, 20441.0, 20452.0, 20444.0, 20491.0, 20446.0, 20441.0, 20478.0, 20443.0, 20437.0, 20451.0, 20457.0, 20410.0, 20464.0, 20447.0, 20435.0, 20495.0, 20427.0, 20443.0, 20475.0, 20445.0, 20397.0, 20454.0, 20411.0, 20420.0, 20427.0, 20398.0, 20404.0, 20447.0, 20400.0, 20424.0, 20421.0, 20380.0, 20390.0, 20428.0, 20388.0, 20419.0, 20461.0, 20445.0, 20457.0, 20510.0, 20459.0, 20389.0, 20454.0, 20408.0, 20425.0, 20474.0, 20452.0, 20471.0, 20441.0, 20399.0, 20433.0, 20393.0, 20426.0, 20416.0, 20435.0, 20410.0, 20449.0, 20362.0, 20415.0, 20405.0, 20421.0, 20419.0, 20431.0, 20437.0, 20408.0, 20386.0, 20451.0, 20378.0, 20402.0, 20408.0, 20399.0, 20443.0, 20422.0, 20387.0, 20422.0, 20439.0, 20480.0, 20445.0, 20396.0, 20469.0, 20406.0, 20406.0, 20442.0, 20410.0, 20423.0, 20441.0, 20408.0, 20420.0, 20444.0, 20397.0, 20422.0, 20398.0, 20410.0, 20417.0, 20453.0, 20456.0, 20433.0, 20434.0, 20454.0, 20424.0, 20473.0, 20450.0, 20383.0, 20459.0, 20402.0, 20411.0, 20408.0, 20410.0, 20399.0, 20424.0, 20416.0, 20453.0, 20422.0, 20401.0, 20425.0, 20397.0, 20363.0, 20438.0, 20413.0, 20450.0, 20422.0, 20373.0, 20362.0, 20421.0, 20356.0, 20400.0, 20419.0, 20447.0, 20434.0, 20438.0, 20399.0, 20433.0, 20449.0, 20449.0, 20416.0, 20404.0, 20458.0, 20433.0, 20449.0, 20437.0, 20379.0, 20409.0, 20399.0, 20415.0, 20392.0, 20404.0, 20393.0, 20389.0, 20431.0, 20426.0, 20397.0, 20444.0, 20366.0, 20384.0, 20374.0, 20370.0, 20417.0, 20359.0, 20365.0, 20395.0, 20417.0, 20390.0, 20369.0, 20387.0, 20404.0, 20390.0, 20364.0, 20414.0, 20407.0, 20418.0, 20408.0, 20371.0, 20393.0, 20365.0, 20408.0, 20398.0, 20370.0, 20420.0, 20363.0, 20397.0, 20423.0, 20419.0, 20413.0, 20414.0, 20461.0, 20416.0, 20364.0, 20442.0, 20340.0, 20382.0, 20374.0, 20308.0, 20607.0, 20549.0, 20438.0, 20374.0, 20400.0, 20304.0, 20300.0, 20418.0, 20317.0, 20343.0, 20390.0, 20362.0, 20375.0, 20380.0, 20397.0, 20439.0, 20399.0, 20434.0, 20421.0, 20376.0, 20389.0, 20411.0, 20404.0, 20478.0, 20416.0, 20387.0, 20408.0, 20370.0, 20389.0, 20416.0, 20424.0, 20481.0, 20417.0, 20386.0, 20441.0, 20407.0, 20451.0, 20420.0, 20395.0, 20444.0, 20419.0, 20388.0, 20455.0, 20403.0, 20396.0, 20413.0, 20417.0, 20382.0, 20398.0, 20433.0, 20508.0, 20408.0, 20462.0, 20421.0, 20402.0, 20401.0, 20427.0, 20405.0, 20389.0, 20441.0, 20412.0, 20394.0, 20415.0, 20357.0, 20378.0, 20389.0, 20378.0, 20424.0, 20349.0, 20362.0, 20398.0, 20366.0, 20369.0, 20368.0, 20414.0, 20414.0, 20419.0, 20387.0, 20381.0, 20376.0, 20378.0, 20413.0, 20372.0, 20358.0, 20377.0, 20385.0, 20393.0, 20360.0, 20407.0, 20358.0, 20386.0, 20384.0, 20407.0, 20364.0, 20343.0, 20394.0, 20367.0, 20408.0, 20352.0, 20328.0, 20361.0, 20370.0, 20365.0, 20397.0, 20427.0, 20406.0, 20418.0, 20359.0, 20321.0, 20367.0, 20329.0, 20396.0, 20340.0, 20386.0, 20351.0, 20369.0, 20340.0, 20321.0, 20406.0, 20360.0, 20366.0, 20355.0, 20392.0, 20385.0, 20354.0, 20385.0, 20370.0, 20358.0, 20384.0, 20347.0, 20420.0, 20363.0, 20365.0, 20380.0, 20413.0, 20400.0, 20353.0, 20370.0, 20410.0, 20376.0, 20363.0, 20388.0, 20355.0, 20415.0, 20373.0, 20372.0, 20400.0, 20408.0, 20386.0, 20403.0, 20389.0, 20408.0, 20436.0, 20374.0, 20384.0, 20385.0, 20375.0, 20373.0, 20401.0, 20327.0, 20403.0, 20371.0, 20366.0, 20385.0, 20342.0, 20380.0, 20361.0, 20363.0, 20408.0, 20357.0, 20418.0, 20357.0, 20381.0, 20387.0, 20342.0, 20345.0, 20353.0, 20353.0, 20423.0, 20320.0, 20320.0, 20360.0, 20354.0, 20405.0, 20402.0, 20408.0, 20398.0, 20376.0, 20398.0, 20395.0, 20438.0, 20409.0, 20372.0, 20428.0, 20369.0, 20417.0, 20369.0, 20344.0, 20393.0, 20351.0, 20345.0, 20351.0, 20367.0, 20403.0, 20350.0, 20331.0, 20405.0, 20316.0, 20377.0, 20377.0, 20334.0, 20400.0, 20337.0, 20337.0, 20357.0, 20366.0, 20387.0, 20360.0, 20294.0, 20375.0, 20335.0, 20371.0, 20317.0, 20320.0, 20372.0, 20287.0, 20291.0, 20313.0, 20341.0, 20361.0, 20334.0, 20333.0, 20336.0, 20302.0, 20336.0, 20328.0, 20321.0, 20359.0, 20324.0, 20359.0, 20416.0, 20400.0, 20404.0, 20366.0, 20403.0, 20374.0, 20383.0, 20394.0, 20374.0, 20436.0, 20374.0, 20391.0, 20367.0, 20353.0, 20386.0, 20344.0, 20312.0, 20362.0, 20354.0, 20382.0, 20322.0, 20374.0, 20320.0, 20324.0, 20401.0]}, "slices": {}}}