{
    "AccessionNumber": ".", 
    "PatientsName": "vc39556_2", 
    "PercentSampling": "100", 
    "ContentTime": "131037.140000", 
    "DeviceSerialNumber": "35177", 
    "ReferringPhysiciansName": "", 
    "SeriesTime": "131037.140000", 
    "InstanceNumber": 1, 
    "SoftwareVersion(s)": "syngo MR B17", 
    "PhotometricInterpretation": "MONOCHROME2", 
    "FrameofReferenceUID": "1.3.12.2.1107.5.2.32.35177.1.20150402130335015.0.0.0", 
    "SOPInstanceUID": "1.3.12.2.1107.5.2.32.35177.2015040213093819654002665", 
    "ManufacturersModelName": "TrioTim", 
    "ProtocolName": "RSFC_240Frames_EC_32Slices", 
    "ContentDate": "20150402", 
    "PositionReferenceIndicator": "", 
    "WindowCenter": "600", 
    "PerformedProcedureStepDescription": "head^Laumann", 
    "NumberofAverages": "1", 
    "RepetitionTime": 2.5, 
    "PerformedProcedureStepStartDate": "20150402", 
    "SpecificCharacterSet": "ISO_IR 100", 
    "MagneticFieldStrength": "3", 
    "ImagedNucleus": "1H", 
    "MRAcquisitionType": "2D", 
    "TransmitCoilName": "Body", 
    "SliceThickness": "4", 
    "AcquisitionNumber": 1, 
    "InstitutionName": "Washington University", 
    "StudyTime": "130334.890000", 
    "InstanceCreationDate": "20150402", 
    "BodyPartExamined": "HEAD", 
    "PerformedProcedureStepID": "MR20150402130334", 
    "RequestedProcedureDescription": "head Laumann", 
    "WindowCenter&WidthExplanation": "Algo1", 
    "SAR": "0.13206644612751", 
    "AngioFlag": "N", 
    "PatientsWeight": "69.3996414381", 
    "PixelBandwidth": "1905", 
    "ScanningSequence": "EP", 
    "PerformingPhysiciansName": "", 
    "StudyDate": "20150402", 
    "PatientsAge": "034Y", 
    "SliceLocation": "-24.239756984978", 
    "FlipAngle": "90", 
    "VariableFlipAngleFlag": "N", 
    "SeriesDescription": "RSFC_240Frames_EC_32Slices", 
    "InstitutionAddress": "Scott Ave. 4525,St. Louis,MO,US,63110", 
    "InstanceCreationTime": "131037.140000", 
    "dB/dt": "0", 
    "SeriesDate": "20150402", 
    "NumberofPhaseEncodingSteps": 64, 
    "AcquisitionTime": "130936.807500", 
    "SequenceName": "*epfid2d1_64", 
    "StudyInstanceUID": "1.3.12.2.1107.5.2.32.35177.30000015033020382742100000055", 
    "SeriesNumber": 7, 
    "TaskName": "rest - eyes closed", 
    "OperatorsName": "TOL rsc", 
    "SpacingBetweenSlices": "4.0000001400192", 
    "SOPClassUID": "1.2.840.10008.5.1.4.1.1.4", 
    "EchoTime": 0.027, 
    "ScanOptions": "FS", 
    "PercentPhaseFieldofView": "100", 
    "PatientsSex": "M", 
    "AcquisitionDate": "20150402", 
    "PerformedProcedureStepStartTime": "130334.937000", 
    "ImagingFrequency": "123.255882", 
    "EchoNumber(s)": 1, 
    "EchoTrainLength": 1, 
    "PatientID": "vc39556_2", 
    "WindowWidth": "1277", 
    "StudyID": "1", 
    "TaskCogatlasId": "http://cognitiveatlas.org/task/id/trm_54e69c642d89b", 
    "In-planePhaseEncodingDirection": "COL", 
    "EffectiveEchoSpacing": 0.0005899999999999999, 
    "PatientsBirthDate": "19810101", 
    "StudyDescription": "head^Laumann", 
    "StationName": "MRC35177", 
    "SeriesInstanceUID": "1.3.12.2.1107.5.2.32.35177.2015040213091541121702532.0.0.0", 
    "Manufacturer": "SIEMENS", 
    "SequenceVariant": "SK", 
    "Modality": "MR", 
    "InstitutionalDepartmentName": "Department", 
    "PatientPosition": "HFS"
}