{
    "AccessionNumber": ".", 
    "PatientsName": "vc39556", 
    "PercentSampling": "100", 
    "ContentTime": "094835.406000", 
    "DeviceSerialNumber": "35177", 
    "ReferringPhysiciansName": "", 
    "SeriesTime": "094835.406000", 
    "InstanceNumber": 1, 
    "SoftwareVersion(s)": "syngo MR B17", 
    "PhotometricInterpretation": "MONOCHROME2", 
    "FrameofReferenceUID": "1.3.12.2.1107.5.2.32.35177.1.20150402090745437.0.0.0", 
    "SOPInstanceUID": "1.3.12.2.1107.5.2.32.35177.2015040209474398387958751", 
    "ManufacturersModelName": "TrioTim", 
    "ProtocolName": "RSFC_240Frames_EO_32Slices", 
    "ContentDate": "20150402", 
    "PositionReferenceIndicator": "", 
    "WindowCenter": "644", 
    "PerformedProcedureStepDescription": "head^Laumann", 
    "NumberofAverages": "1", 
    "RepetitionTime": 2.5, 
    "PerformedProcedureStepStartDate": "20150402", 
    "SpecificCharacterSet": "ISO_IR 100", 
    "MagneticFieldStrength": "3", 
    "ImagedNucleus": "1H", 
    "MRAcquisitionType": "2D", 
    "TransmitCoilName": "Body", 
    "SliceThickness": "4", 
    "AcquisitionNumber": 1, 
    "InstitutionName": "Washington University", 
    "StudyTime": "085939.046000", 
    "InstanceCreationDate": "20150402", 
    "BodyPartExamined": "HEAD", 
    "PerformedProcedureStepID": "MR20150402085939", 
    "RequestedProcedureDescription": "head Laumann", 
    "WindowCenter&WidthExplanation": "Algo1", 
    "SAR": "0.12282876422759", 
    "AngioFlag": "N", 
    "PatientsWeight": "69.3996414381", 
    "PixelBandwidth": "1905", 
    "ScanningSequence": "EP", 
    "PerformingPhysiciansName": "", 
    "StudyDate": "20150402", 
    "PatientsAge": "034Y", 
    "SliceLocation": "-26.068627429004", 
    "FlipAngle": "90", 
    "VariableFlipAngleFlag": "N", 
    "SeriesDescription": "RSFC_240Frames_EO_32Slices", 
    "InstitutionAddress": "Scott Ave. 4525,St. Louis,MO,US,63110", 
    "InstanceCreationTime": "094835.406000", 
    "dB/dt": "0", 
    "SeriesDate": "20150402", 
    "NumberofPhaseEncodingSteps": 64, 
    "AcquisitionTime": "094742.530000", 
    "SequenceName": "*epfid2d1_64", 
    "StudyInstanceUID": "1.3.12.2.1107.5.2.32.35177.30000015033020382742100000049", 
    "SeriesNumber": 12, 
    "TaskName": "rest - eyes open", 
    "OperatorsName": "rsc TOL", 
    "SpacingBetweenSlices": "4.0000000744528", 
    "SOPClassUID": "1.2.840.10008.5.1.4.1.1.4", 
    "EchoTime": 0.027, 
    "ScanOptions": "FS", 
    "PercentPhaseFieldofView": "100", 
    "PatientsSex": "M", 
    "AcquisitionDate": "20150402", 
    "PerformedProcedureStepStartTime": "085939.078000", 
    "ImagingFrequency": "123.255851", 
    "EchoNumber(s)": 1, 
    "EchoTrainLength": 1, 
    "PatientID": "vc39556", 
    "WindowWidth": "1390", 
    "StudyID": "1", 
    "TaskCogatlasId": "http://cognitiveatlas.org/task/id/trm_4c8a834779883", 
    "In-planePhaseEncodingDirection": "COL", 
    "EffectiveEchoSpacing": 0.0005899999999999999, 
    "PatientsBirthDate": "19810101", 
    "StudyDescription": "head^Laumann", 
    "StationName": "MRC35177", 
    "SeriesInstanceUID": "1.3.12.2.1107.5.2.32.35177.2015040209465858130258618.0.0.0", 
    "Manufacturer": "SIEMENS", 
    "SequenceVariant": "SK", 
    "Modality": "MR", 
    "InstitutionalDepartmentName": "Department", 
    "PatientPosition": "HFS"
}