{"AcquisitionMatrixPE": 128, "AcquisitionNumber": 1, "AcquisitionTime": "08:01:46.095000", "BandwidthPerPixelPhaseEncode": 20.292, "BaseResolution": 128, "BodyPartExamined": "BRAIN", "ConsistencyInfo": "N4_VD11D_LATEST_20110129", "ConversionSoftware": "dcm2niix", "ConversionSoftwareVersion": "v1.0.20210317", "DerivedVendorReportedEchoSpacing": 0.000770008, "DeviceSerialNumber": "45239", "DiffusionScheme": "Monopolar", "DwellTime": 2.4e-06, "EchoTime": 0.092, "EchoTrainLength": 51, "EffectiveEchoSpacing": 0.000385004, "FlipAngle": 90, "ImageComments": "Unaliased MB3/PE3", "ImageOrientationPatientDICOM": [1, -2.05103e-10, 0, 2.05103e-10, 1, 0], "ImageType": ["ORIGINAL", "PRIMARY", "DIFFUSION", "NONE", "ND", "NORM", "MOSAIC"], "ImagingFrequency": 123.193, "InPlanePhaseEncodingDirectionDICOM": "ROW", "InstitutionAddress": "E 24th St. 100,Austin,Southmiddle,US,78712", "InstitutionName": "Univ of Texas at Austin", "InstitutionalDepartmentName": "IRC", "MRAcquisitionType": "2D", "MagneticFieldStrength": 3, "Manufacturer": "Siemens", "ManufacturersModelName": "Skyra", "Modality": "MR", "MultibandAccelerationFactor": 3, "ParallelReductionFactorInPlane": 2, "PartialFourier": 0.75, "PatientPosition": "HFS", "PercentPhaseFOV": 100, "PercentSampling": 100, "PhaseEncodingDirection": "i", "PhaseEncodingSteps": 102, "PhaseResolution": 1, "PixelBandwidth": 1630, "ProcedureStepDescription": "Poldrack2^self-scanning", "ProtocolName": "MBEPI with MDDW R-L", "PulseSequenceDetails": "%CustomerSeq%\\cmrr_mbep2d_diff", "ReceiveCoilActiveElements": "HEA;HEP", "ReceiveCoilName": "Head_32", "ReconMatrixPE": 128, "RefLinesPE": 76, "RepetitionTime": 5, "SAR": 0.124755, "ScanOptions": "PFP\\FS", "ScanningSequence": "EP", "SequenceName": "ep_b5#1", "SequenceVariant": "SK", "SeriesDescription": "MBEPI with MDDW R-L", "SeriesNumber": 13, "ShimSetting": [-2778, 8066, -15473, 192, -202, 185, 134, -63], "SliceThickness": 1.7, "SliceTiming": [0, 3.6375, 2.2975, 0.9575, 4.595, 3.255, 1.915, 0.5725, 4.2125, 2.8725, 1.53, 0.19, 3.83, 2.49, 1.1475, 4.7875, 3.4475, 2.105, 0.765, 4.405, 3.0625, 1.7225, 0.3825, 4.02, 2.68, 1.34, 0, 3.6375, 2.2975, 0.9575, 4.595, 3.255, 1.915, 0.5725, 4.2125, 2.8725, 1.53, 0.19, 3.83, 2.49, 1.1475, 4.7875, 3.4475, 2.105, 0.765, 4.405, 3.0625, 1.7225, 0.3825, 4.02, 2.68, 1.34, 0, 3.6375, 2.2975, 0.9575, 4.595, 3.255, 1.915, 0.5725, 4.2125, 2.8725, 1.53, 0.19, 3.83, 2.49, 1.1475, 4.7875, 3.4475, 2.105, 0.765, 4.405, 3.0625, 1.7225, 0.3825, 4.02, 2.68, 1.34], "SoftwareVersions": "syngo MR D11", "SpacingBetweenSlices": 1.7, "StationName": "AWP45239", "TotalReadoutTime": 0.0488955, "TxRefAmp": 331.222, "WipMemBlock": "8a3c339d-a686-4a86-8804-65360cbfe686||Sequence: VD11D r195; Nov 21 2012 15:37:02 by eja", "dcmmeta_affine": [[-1.7421875, 3.573285833891049e-10, 0.0, 111.5], [3.573285833891049e-10, 1.7421875, 0.0, -119.44304656982422], [0.0, 0.0, 1.7000000476837158, -27.314407348632812], [0.0, 0.0, 0.0, 1.0]], "dcmmeta_reorient_transform": [[0.0, -1.0, 0.0, 127.0], [1.0, 0.0, 0.0, 0.0], [0.0, 0.0, 1.0, 0.0], [0.0, 0.0, 0.0, 1.0]], "dcmmeta_shape": [128, 128, 78, 64], "dcmmeta_slice_dim": 2, "dcmmeta_version": 0.6, "global": {"const": {"AcquisitionMatrix": [0, 128, 128, 0], "AngioFlag": "N", "BitsAllocated": 16, "BitsStored": 16, "BodyPartExamined": "BRAIN", "Columns": 1152, "EchoNumbers": 1, "EchoTime": 92.0, "EchoTrainLength": 51, "FlipAngle": 90.0, "HighBit": 15, "ImageOrientationPatient": [1.0, -2.051034e-10, 0.0, 2.051034e-10, 1.0, 0.0], "ImagePositionPatient": [-1003.5000002058, -993.81476953905, -27.314407348633], "ImageType": ["ORIGINAL", "PRIMARY", "DIFFUSION", "NONE", "ND", "NORM", "MOSAIC"], "ImagedNucleus": "1H", "ImagingFrequency": 123.193386, "InPlanePhaseEncodingDirection": "ROW", "MRAcquisitionType": "2D", "MagneticFieldStrength": 3.0, "Manufacturer": "SIEMENS", "ManufacturerModelName": "Skyra", "Modality": "MR", "NumberOfAverages": 1.0, "NumberOfPhaseEncodingSteps": 102, "PercentPhaseFieldOfView": 100.0, "PercentSampling": 100.0, "PerformedProcedureStepStartTime": "073233.796000", "PhotometricInterpretation": "MONOCHROME2", "PixelBandwidth": 1630.0, "PixelRepresentation": 0, "PixelSpacing": [1.7421875, 1.7421875], "ProtocolName": "MBEPI with MDDW R-L", "RepetitionTime": 5000.0, "Rows": 1152, "SAR": 0.12475542452206, "SamplesPerPixel": 1, "ScanOptions": ["PFP", "FS"], "ScanningSequence": "EP", "SequenceVariant": "SK", "SeriesDescription": "MBEPI with MDDW R-L", "SeriesNumber": 13, "SeriesTime": "080318.187000", "SliceLocation": -27.314407348633, "SliceThickness": 1.7000000476837, "SmallestImagePixelValue": 0, "SoftwareVersions": "syngo MR D11", "SpacingBetweenSlices": 1.7000000198166, "SpecificCharacterSet": "ISO_IR 100", "StudyID": "1", "StudyTime": "073233.750000", "TransmitCoilName": "Body", "VariableFlipAngleFlag": "N", "WindowCenterWidthExplanation": "Algo1", "dBdt": 0.0}, "slices": {}}, "time": {"samples": {"AcquisitionNumber": [1, 2, 3, 4, 5, 6, 7, 8, 9, 10, 11, 12, 13, 14, 15, 16, 17, 18, 19, 20, 21, 22, 23, 24, 25, 26, 27, 28, 29, 30, 31, 32, 33, 34, 35, 36, 37, 38, 39, 40, 41, 42, 43, 44, 45, 46, 47, 48, 49, 50, 51, 52, 53, 54, 55, 56, 57, 58, 59, 60, 61, 62, 63, 64], "AcquisitionTime": ["080146.095000", "080316.095000", "080321.095000", "080326.095000", "080331.095000", "080336.095000", "080341.095000", "080346.095000", "080351.095000", "080356.095000", "080401.095000", "080406.095000", "080411.095000", "080416.095000", "080421.095000", "080426.095000", "080431.095000", "080436.095000", "080441.095000", "080446.095000", "080451.095000", "080456.095000", "080501.095000", "080506.095000", "080511.095000", "080516.095000", "080521.095000", "080526.095000", "080531.095000", "080536.095000", "080541.095000", "080546.095000", "080551.095000", "080556.095000", "080601.095000", "080606.095000", "080611.095000", "080616.095000", "080621.095000", "080626.095000", "080631.095000", "080636.095000", "080641.095000", "080646.095000", "080651.095000", "080656.095000", "080701.095000", "080706.095000", "080711.095000", "080716.095000", "080721.095000", "080726.095000", "080731.095000", "080736.095000", "080741.095000", "080746.095000", "080751.095000", "080756.095000", "080801.095000", "080806.095000", "080811.095000", "080816.095000", "080821.095000", "080826.095000"], "ContentTime": ["080318.187000", "080323.093000", "080328.093000", "080333.093000", "080338.093000", "080343.093000", "080348.093000", "080353.093000", "080358.093000", "080403.093000", "080408.093000", "080413.093000", "080418.093000", "080423.093000", "080428.093000", "080433.093000", "080438.093000", "080443.093000", "080448.093000", "080453.093000", "080458.093000", "080503.093000", "080508.093000", "080513.093000", "080518.093000", "080523.093000", "080528.093000", "080533.093000", "080538.093000", "080543.093000", "080548.093000", "080553.093000", "080558.093000", "080603.093000", "080608.093000", "080613.093000", "080618.093000", "080623.093000", "080628.093000", "080633.093000", "080638.093000", "080643.093000", "080648.093000", "080653.093000", "080658.093000", "080703.093000", "080708.093000", "080713.093000", "080718.093000", "080723.093000", "080728.093000", "080733.093000", "080738.093000", "080743.093000", "080748.093000", "080753.093000", "080758.093000", "080803.093000", "080808.093000", "080813.093000", "080818.093000", "080823.093000", "080828.093000", "080831.812000"], "InstanceCreationTime": ["080318.187000", "080323.093000", "080328.093000", "080333.093000", "080338.093000", "080343.093000", "080348.093000", "080353.093000", "080358.093000", "080403.093000", "080408.093000", "080413.093000", "080418.093000", "080423.093000", "080428.093000", "080433.093000", "080438.093000", "080443.093000", "080448.093000", "080453.093000", "080458.093000", "080503.093000", "080508.093000", "080513.093000", "080518.093000", "080523.093000", "080528.093000", "080533.093000", "080538.093000", "080543.093000", "080548.093000", "080553.093000", "080558.093000", "080603.093000", "080608.093000", "080613.093000", "080618.093000", "080623.093000", "080628.093000", "080633.093000", "080638.093000", "080643.093000", "080648.093000", "080653.093000", "080658.093000", "080703.093000", "080708.093000", "080713.093000", "080718.093000", "080723.093000", "080728.093000", "080733.093000", "080738.093000", "080743.093000", "080748.093000", "080753.093000", "080758.093000", "080803.093000", "080808.093000", "080813.093000", "080818.093000", "080823.093000", "080828.093000", "080831.812000"], "InstanceNumber": [1, 2, 3, 4, 5, 6, 7, 8, 9, 10, 11, 12, 13, 14, 15, 16, 17, 18, 19, 20, 21, 22, 23, 24, 25, 26, 27, 28, 29, 30, 31, 32, 33, 34, 35, 36, 37, 38, 39, 40, 41, 42, 43, 44, 45, 46, 47, 48, 49, 50, 51, 52, 53, 54, 55, 56, 57, 58, 59, 60, 61, 62, 63, 64], "LargestImagePixelValue": [65535, 19284, 20780, 22204, 16798, 17483, 18900, 18125, 19430, 20111, 19018, 16845, 19365, 19194, 19167, 19735, 65535, 19411, 18117, 20137, 19414, 20297, 21267, 19703, 18867, 18210, 18827, 22587, 21030, 20802, 20375, 21117, 65535, 10093, 10488, 12011, 9685, 8178, 10110, 9165, 10879, 11267, 9689, 8939, 10873, 10859, 11128, 10871, 65535, 10248, 10380, 10793, 10722, 14056, 11376, 9690, 9788, 9205, 9695, 12710, 11436, 11358, 11384, 11536], "SequenceName": ["ep_b5#1", "ep_b995#2", "ep_b995#3", "ep_b995#4", "ep_b995#5", "ep_b1000#6", "ep_b1000#7", "ep_b995#8", "ep_b995#9", "ep_b995#10", "ep_b1000#11", "ep_b1000#12", "ep_b1005#13", "ep_b1005#14", "ep_b1000#15", "ep_b1005#16", "ep_b5#17", "ep_b1005#18", "ep_b1000#19", "ep_b1005#20", "ep_b1005#21", "ep_b995#22", "ep_b1005#23", "ep_b1000#24", "ep_b1000#25", "ep_b1000#26", "ep_b995#27", "ep_b995#28", "ep_b995#29", "ep_b1000#30", "ep_b1005#31", "ep_b1000#32", "ep_b5#1", "ep_b1990#2", "ep_b1990#3", "ep_b1990#4", "ep_b1995#5", "ep_b1995#6", "ep_b2000#7", "ep_b1995#8", "ep_b1990#9", "ep_b1995#10", "ep_b2000#11", "ep_b2000#12", "ep_b2010#13", "ep_b2005#14", "ep_b2000#15", "ep_b2005#16", "ep_b5#17", "ep_b2005#18", "ep_b2005#19", "ep_b2005#20", "ep_b2010#21", "ep_b1990#22", "ep_b2010#23", "ep_b2000#24", "ep_b2000#25", "ep_b1995#26", "ep_b1995#27", "ep_b1995#28", "ep_b1995#29", "ep_b2000#30", "ep_b2005#31", "ep_b2000#32"], "WindowCenter": [7795.0, 3428.0, 3431.0, 3479.0, 3419.0, 3426.0, 3465.0, 3434.0, 3451.0, 3476.0, 3474.0, 3463.0, 3481.0, 3478.0, 3495.0, 3494.0, 7837.0, 3498.0, 3488.0, 3485.0, 3471.0, 3500.0, 3470.0, 3468.0, 3462.0, 3447.0, 3419.0, 3498.0, 3454.0, 3484.0, 3482.0, 3503.0, 7825.0, 2228.0, 2232.0, 2293.0, 2210.0, 2217.0, 2285.0, 2243.0, 2274.0, 2300.0, 2273.0, 2249.0, 2302.0, 2314.0, 2334.0, 2334.0, 7835.0, 2305.0, 2306.0, 2309.0, 2293.0, 2348.0, 2286.0, 2280.0, 2263.0, 2231.0, 2214.0, 2321.0, 2262.0, 2291.0, 2321.0, 2338.0], "WindowWidth": [17120.0, 7843.0, 7856.0, 7957.0, 7825.0, 7834.0, 7917.0, 7853.0, 7898.0, 7937.0, 7932.0, 7911.0, 7953.0, 7950.0, 7984.0, 7983.0, 17218.0, 7990.0, 7963.0, 7967.0, 7940.0, 8004.0, 7942.0, 7928.0, 7918.0, 7880.0, 7835.0, 8002.0, 7909.0, 7968.0, 7960.0, 8011.0, 17184.0, 5423.0, 5436.0, 5568.0, 5385.0, 5414.0, 5540.0, 5457.0, 5519.0, 5567.0, 5522.0, 5485.0, 5570.0, 5595.0, 5649.0, 5649.0, 17210.0, 5584.0, 5595.0, 5595.0, 5560.0, 5666.0, 5544.0, 5543.0, 5510.0, 5440.0, 5398.0, 5622.0, 5504.0, 5560.0, 5623.0, 5662.0]}, "slices": {}}}