{"AcquisitionMatrixPE": 128, "AcquisitionNumber": 1, "AcquisitionTime": "08:09:5.062500", "BandwidthPerPixelPhaseEncode": 20.292, "BaseResolution": 128, "BodyPartExamined": "BRAIN", "ConsistencyInfo": "N4_VD11D_LATEST_20110129", "ConversionSoftware": "dcm2niix", "ConversionSoftwareVersion": "v1.0.20210317", "DerivedVendorReportedEchoSpacing": 0.000770008, "DeviceSerialNumber": "45239", "DiffusionScheme": "Monopolar", "DwellTime": 2.4e-06, "EchoTime": 0.092, "EchoTrainLength": 51, "EffectiveEchoSpacing": 0.000385004, "FlipAngle": 90, "ImageComments": "Unaliased MB3/PE3", "ImageOrientationPatientDICOM": [1, -1e-16, 0, 1e-16, 1, 0], "ImageType": ["ORIGINAL", "PRIMARY", "DIFFUSION", "NONE", "ND", "NORM", "MOSAIC"], "ImagingFrequency": 123.193, "InPlanePhaseEncodingDirectionDICOM": "ROW", "InstitutionAddress": "E 24th St. 100,Austin,Southmiddle,US,78712", "InstitutionName": "Univ of Texas at Austin", "InstitutionalDepartmentName": "IRC", "MRAcquisitionType": "2D", "MagneticFieldStrength": 3, "Manufacturer": "Siemens", "ManufacturersModelName": "Skyra", "Modality": "MR", "MultibandAccelerationFactor": 3, "ParallelReductionFactorInPlane": 2, "PartialFourier": 0.75, "PatientPosition": "HFS", "PercentPhaseFOV": 100, "PercentSampling": 100, "PhaseEncodingDirection": "i-", "PhaseEncodingSteps": 102, "PhaseResolution": 1, "PixelBandwidth": 1630, "ProcedureStepDescription": "Poldrack2^self-scanning", "ProtocolName": "MBEPI with MDDW L-R", "PulseSequenceDetails": "%CustomerSeq%\\cmrr_mbep2d_diff", "ReceiveCoilActiveElements": "HEA;HEP", "ReceiveCoilName": "Head_32", "ReconMatrixPE": 128, "RefLinesPE": 76, "RepetitionTime": 5, "SAR": 0.124755, "ScanOptions": "PFP\\FS", "ScanningSequence": "EP", "SequenceName": "ep_b5#1", "SequenceVariant": "SK", "SeriesDescription": "MBEPI with MDDW L-R", "SeriesNumber": 16, "ShimSetting": [-2778, 8066, -15473, 192, -202, 185, 134, -63], "SliceThickness": 1.7, "SliceTiming": [0, 3.64, 2.2975, 0.9575, 4.5975, 3.2575, 1.915, 0.575, 4.215, 2.8725, 1.5325, 0.1925, 3.83, 2.49, 1.15, 4.7875, 3.4475, 2.1075, 0.7675, 4.405, 3.065, 1.725, 0.3825, 4.0225, 2.6825, 1.34, 0, 3.64, 2.2975, 0.9575, 4.5975, 3.2575, 1.915, 0.575, 4.215, 2.8725, 1.5325, 0.1925, 3.83, 2.49, 1.15, 4.7875, 3.4475, 2.1075, 0.7675, 4.405, 3.065, 1.725, 0.3825, 4.0225, 2.6825, 1.34, 0, 3.64, 2.2975, 0.9575, 4.5975, 3.2575, 1.915, 0.575, 4.215, 2.8725, 1.5325, 0.1925, 3.83, 2.49, 1.15, 4.7875, 3.4475, 2.1075, 0.7675, 4.405, 3.065, 1.725, 0.3825, 4.0225, 2.6825, 1.34], "SoftwareVersions": "syngo MR D11", "SpacingBetweenSlices": 1.7, "StationName": "AWP45239", "TotalReadoutTime": 0.0488955, "TxRefAmp": 331.222, "WipMemBlock": "53838f59-0c96-4054-9a98-58739517c6d1||Sequence: VD11D r195; Nov 21 2012 15:37:02 by eja", "dcmmeta_affine": [[-1.7421875, 1.7421875567777916e-16, 0.0, 111.5], [1.7421875567777916e-16, 1.7421875, 0.0, -119.44304656982422], [0.0, 0.0, 1.7000000476837158, -27.314407348632812], [0.0, 0.0, 0.0, 1.0]], "dcmmeta_reorient_transform": [[0.0, -1.0, 0.0, 127.0], [1.0, 0.0, 0.0, 0.0], [0.0, 0.0, 1.0, 0.0], [0.0, 0.0, 0.0, 1.0]], "dcmmeta_shape": [128, 128, 78, 64], "dcmmeta_slice_dim": 2, "dcmmeta_version": 0.6, "global": {"const": {"AcquisitionMatrix": [0, 128, 128, 0], "AngioFlag": "N", "BitsAllocated": 16, "BitsStored": 16, "BodyPartExamined": "BRAIN", "Columns": 1152, "EchoNumbers": 1, "EchoTime": 92.0, "EchoTrainLength": 51, "FlipAngle": 90.0, "HighBit": 15, "ImageOrientationPatient": [1.0, -1e-16, 0.0, 1e-16, 1.0, 0.0], "ImagePositionPatient": [-1003.5, -993.81476974487, -27.314407348633], "ImageType": ["ORIGINAL", "PRIMARY", "DIFFUSION", "NONE", "ND", "NORM", "MOSAIC"], "ImagedNucleus": "1H", "ImagingFrequency": 123.193398, "InPlanePhaseEncodingDirection": "ROW", "MRAcquisitionType": "2D", "MagneticFieldStrength": 3.0, "Manufacturer": "SIEMENS", "ManufacturerModelName": "Skyra", "Modality": "MR", "NumberOfAverages": 1.0, "NumberOfPhaseEncodingSteps": 102, "PercentPhaseFieldOfView": 100.0, "PercentSampling": 100.0, "PerformedProcedureStepStartTime": "073233.796000", "PhotometricInterpretation": "MONOCHROME2", "PixelBandwidth": 1630.0, "PixelRepresentation": 0, "PixelSpacing": [1.7421875, 1.7421875], "ProtocolName": "MBEPI with MDDW L-R", "RepetitionTime": 5000.0, "Rows": 1152, "SAR": 0.12475542452206, "SamplesPerPixel": 1, "ScanOptions": ["PFP", "FS"], "ScanningSequence": "EP", "SequenceVariant": "SK", "SeriesDescription": "MBEPI with MDDW L-R", "SeriesNumber": 16, "SeriesTime": "081036.718000", "SliceLocation": -27.314407348633, "SliceThickness": 1.7000000476837, "SmallestImagePixelValue": 0, "SoftwareVersions": "syngo MR D11", "SpacingBetweenSlices": 1.7000000198166, "SpecificCharacterSet": "ISO_IR 100", "StudyID": "1", "StudyTime": "073233.750000", "TransmitCoilName": "Body", "VariableFlipAngleFlag": "N", "WindowCenterWidthExplanation": "Algo1", "dBdt": 0.0}, "slices": {}}, "time": {"samples": {"AcquisitionNumber": [1, 2, 3, 4, 5, 6, 7, 8, 9, 10, 11, 12, 13, 14, 15, 16, 17, 18, 19, 20, 21, 22, 23, 24, 25, 26, 27, 28, 29, 30, 31, 32, 33, 34, 35, 36, 37, 38, 39, 40, 41, 42, 43, 44, 45, 46, 47, 48, 49, 50, 51, 52, 53, 54, 55, 56, 57, 58, 59, 60, 61, 62, 63, 64], "AcquisitionTime": ["080905.062500", "081035.062500", "081040.062500", "081045.062500", "081050.062500", "081055.062500", "081100.062500", "081105.062500", "081110.062500", "081115.062500", "081120.062500", "081125.062500", "081130.062500", "081135.062500", "081140.062500", "081145.062500", "081150.062500", "081155.062500", "081200.062500", "081205.062500", "081210.062500", "081215.062500", "081220.062500", "081225.062500", "081230.062500", "081235.062500", "081240.062500", "081245.062500", "081250.062500", "081255.062500", "081300.062500", "081305.062500", "081310.062500", "081315.062500", "081320.062500", "081325.062500", "081330.062500", "081335.062500", "081340.062500", "081345.062500", "081350.062500", "081355.062500", "081400.062500", "081405.062500", "081410.062500", "081415.062500", "081420.062500", "081425.062500", "081430.062500", "081435.062500", "081440.062500", "081445.062500", "081450.062500", "081455.062500", "081500.062500", "081505.062500", "081510.062500", "081515.062500", "081520.062500", "081525.062500", "081530.062500", "081535.062500", "081540.062500", "081545.062500"], "ContentTime": ["081036.718000", "081044.421000", "081049.421000", "081054.421000", "081059.421000", "081104.421000", "081109.421000", "081114.421000", "081119.421000", "081124.421000", "081129.421000", "081134.421000", "081139.421000", "081144.421000", "081149.421000", "081154.421000", "081159.421000", "081204.421000", "081209.421000", "081214.421000", "081219.421000", "081224.421000", "081229.421000", "081234.421000", "081239.421000", "081244.421000", "081249.421000", "081254.421000", "081259.421000", "081304.421000", "081309.421000", "081314.421000", "081319.421000", "081324.421000", "081329.421000", "081334.421000", "081339.421000", "081344.421000", "081349.421000", "081354.421000", "081359.437000", "081404.421000", "081409.421000", "081414.421000", "081419.421000", "081424.421000", "081429.421000", "081434.421000", "081439.421000", "081444.421000", "081449.421000", "081454.421000", "081459.421000", "081504.421000", "081509.421000", "081514.421000", "081519.421000", "081524.421000", "081529.421000", "081534.421000", "081539.421000", "081544.421000", "081549.421000", "081550.968000"], "InstanceCreationTime": ["081036.718000", "081044.421000", "081049.421000", "081054.421000", "081059.421000", "081104.421000", "081109.421000", "081114.421000", "081119.421000", "081124.421000", "081129.421000", "081134.421000", "081139.421000", "081144.421000", "081149.421000", "081154.421000", "081159.421000", "081204.421000", "081209.421000", "081214.421000", "081219.421000", "081224.421000", "081229.421000", "081234.421000", "081239.421000", "081244.421000", "081249.421000", "081254.421000", "081259.421000", "081304.421000", "081309.421000", "081314.421000", "081319.421000", "081324.421000", "081329.421000", "081334.421000", "081339.421000", "081344.421000", "081349.421000", "081354.421000", "081359.437000", "081404.421000", "081409.421000", "081414.421000", "081419.421000", "081424.421000", "081429.421000", "081434.421000", "081439.421000", "081444.421000", "081449.421000", "081454.421000", "081459.421000", "081504.421000", "081509.421000", "081514.421000", "081519.421000", "081524.421000", "081529.421000", "081534.421000", "081539.421000", "081544.421000", "081549.421000", "081550.968000"], "InstanceNumber": [1, 2, 3, 4, 5, 6, 7, 8, 9, 10, 11, 12, 13, 14, 15, 16, 17, 18, 19, 20, 21, 22, 23, 24, 25, 26, 27, 28, 29, 30, 31, 32, 33, 34, 35, 36, 37, 38, 39, 40, 41, 42, 43, 44, 45, 46, 47, 48, 49, 50, 51, 52, 53, 54, 55, 56, 57, 58, 59, 60, 61, 62, 63, 64], "LargestImagePixelValue": [65535, 26202, 25566, 25676, 24066, 22575, 24026, 25834, 28054, 26932, 23234, 21661, 26835, 24942, 26123, 26401, 62711, 24326, 21253, 24715, 24924, 26456, 26371, 23243, 18663, 21685, 23599, 27197, 22230, 26580, 25383, 26510, 65535, 14334, 15440, 14873, 11878, 10898, 12975, 13315, 15253, 15650, 12753, 10621, 14074, 13169, 15064, 14846, 59596, 12060, 11582, 13294, 13544, 16782, 16253, 12503, 10244, 10798, 12437, 14450, 14591, 14063, 13759, 14739], "SequenceName": ["ep_b5#1", "ep_b995#2", "ep_b995#3", "ep_b995#4", "ep_b995#5", "ep_b1000#6", "ep_b1000#7", "ep_b995#8", "ep_b995#9", "ep_b995#10", "ep_b1000#11", "ep_b1000#12", "ep_b1005#13", "ep_b1005#14", "ep_b1000#15", "ep_b1005#16", "ep_b5#17", "ep_b1005#18", "ep_b1000#19", "ep_b1005#20", "ep_b1005#21", "ep_b995#22", "ep_b1005#23", "ep_b1000#24", "ep_b1000#25", "ep_b1000#26", "ep_b995#27", "ep_b995#28", "ep_b995#29", "ep_b1000#30", "ep_b1005#31", "ep_b1000#32", "ep_b5#1", "ep_b1990#2", "ep_b1990#3", "ep_b1990#4", "ep_b1995#5", "ep_b1995#6", "ep_b2000#7", "ep_b1995#8", "ep_b1990#9", "ep_b1995#10", "ep_b2000#11", "ep_b2000#12", "ep_b2010#13", "ep_b2005#14", "ep_b2000#15", "ep_b2005#16", "ep_b5#17", "ep_b2005#18", "ep_b2005#19", "ep_b2005#20", "ep_b2010#21", "ep_b1990#22", "ep_b2010#23", "ep_b2000#24", "ep_b2000#25", "ep_b1995#26", "ep_b1995#27", "ep_b1995#28", "ep_b1995#29", "ep_b2000#30", "ep_b2005#31", "ep_b2000#32"], "WindowCenter": [7789.0, 3465.0, 3462.0, 3497.0, 3459.0, 3471.0, 3496.0, 3482.0, 3497.0, 3513.0, 3510.0, 3503.0, 3524.0, 3527.0, 3513.0, 3525.0, 7753.0, 3519.0, 3518.0, 3506.0, 3518.0, 3529.0, 3480.0, 3504.0, 3476.0, 3455.0, 3443.0, 3519.0, 3475.0, 3501.0, 3533.0, 3543.0, 7790.0, 2269.0, 2280.0, 2330.0, 2252.0, 2255.0, 2315.0, 2299.0, 2318.0, 2349.0, 2317.0, 2291.0, 2347.0, 2346.0, 2362.0, 2360.0, 7758.0, 2348.0, 2335.0, 2344.0, 2343.0, 2362.0, 2361.0, 2315.0, 2276.0, 2253.0, 2249.0, 2343.0, 2306.0, 2310.0, 2376.0, 2387.0], "WindowWidth": [17111.0, 7935.0, 7924.0, 7996.0, 7912.0, 7927.0, 7990.0, 7966.0, 8006.0, 8032.0, 8020.0, 7993.0, 8048.0, 8056.0, 8033.0, 8052.0, 17040.0, 8028.0, 8017.0, 8007.0, 8026.0, 8065.0, 7968.0, 7994.0, 7943.0, 7894.0, 7877.0, 8029.0, 7936.0, 7982.0, 8054.0, 8067.0, 17114.0, 5510.0, 5521.0, 5632.0, 5465.0, 5479.0, 5602.0, 5568.0, 5615.0, 5680.0, 5611.0, 5567.0, 5665.0, 5671.0, 5706.0, 5698.0, 17055.0, 5672.0, 5653.0, 5659.0, 5651.0, 5702.0, 5696.0, 5598.0, 5537.0, 5474.0, 5458.0, 5652.0, 5566.0, 5584.0, 5732.0, 5749.0]}, "slices": {}}}