{"AcquisitionMatrixPE": 128, "AcquisitionNumber": 1, "AcquisitionTime": "07:59:52.277500", "BandwidthPerPixelPhaseEncode": 16.622, "BaseResolution": 128, "BodyPartExamined": "BRAIN", "ConsistencyInfo": "N4_VD11D_LATEST_20110129", "ConversionSoftware": "dcm2niix", "ConversionSoftwareVersion": "v1.0.20210317", "DerivedVendorReportedEchoSpacing": 0.000940019, "DeviceSerialNumber": "45239", "DiffusionScheme": "Bipolar", "DwellTime": 2.2e-06, "EchoTime": 0.101, "EchoTrainLength": 47, "EffectiveEchoSpacing": 0.00047001, "FlipAngle": 90, "ImageComments": "Unaliased MB2/PE3", "ImageOrientationPatientDICOM": [1, -1e-16, 0, 1e-16, 1, 0], "ImageType": ["ORIGINAL", "PRIMARY", "DIFFUSION", "NONE", "ND", "MOSAIC"], "ImagingFrequency": 123.193, "InPlanePhaseEncodingDirectionDICOM": "ROW", "InstitutionAddress": "E 24th St. 100,Austin,Southmiddle,US,78712", "InstitutionName": "Univ of Texas at Austin", "InstitutionalDepartmentName": "IRC", "MRAcquisitionType": "2D", "MagneticFieldStrength": 3, "Manufacturer": "Siemens", "ManufacturersModelName": "Skyra", "Modality": "MR", "MultibandAccelerationFactor": 2, "ParallelReductionFactorInPlane": 2, "PartialFourier": 0.75, "PatientPosition": "HFS", "PercentPhaseFOV": 100, "PercentSampling": 100, "PhaseEncodingDirection": "i-", "PhaseEncodingSteps": 95, "PhaseResolution": 1, "PixelBandwidth": 1775, "ProcedureStepDescription": "Poldrack2^self-scanning", "ProtocolName": "MBEPI with MDDW L-R", "PulseSequenceDetails": "%CustomerSeq%\\cmrr_mbep2d_diff", "ReceiveCoilActiveElements": "HEA;HEP", "ReceiveCoilName": "Head_32", "ReconMatrixPE": 128, "RefLinesPE": 24, "RepetitionTime": 5.5, "SAR": 0.213082, "ScanOptions": "PFP\\FS", "ScanningSequence": "EP", "SequenceName": "ep_b5#1", "SequenceVariant": "SK", "SeriesDescription": "MBEPI with MDDW L-R", "SeriesNumber": 8, "ShimSetting": [-2766, 8010, -15675, 139, -311, 94, 5, -70], "SliceThickness": 1.7, "SliceTiming": [0, 2.85, 0.2025, 3.055, 0.4075, 3.2575, 0.61, 3.4625, 0.815, 3.665, 1.0175, 3.87, 1.2225, 4.0725, 1.425, 4.2775, 1.63, 4.48, 1.8325, 4.685, 2.035, 4.8875, 2.24, 5.0925, 2.4425, 5.295, 2.6475, 0, 2.85, 0.2025, 3.055, 0.4075, 3.2575, 0.61, 3.4625, 0.815, 3.665, 1.0175, 3.87, 1.2225, 4.0725, 1.425, 4.2775, 1.63, 4.48, 1.8325, 4.685, 2.035, 4.8875, 2.24, 5.0925, 2.4425, 5.295, 2.6475], "SoftwareVersions": "syngo MR D11", "SpacingBetweenSlices": 1.7, "StationName": "AWP45239", "TotalReadoutTime": 0.0596912, "TxRefAmp": 343.508, "WipMemBlock": "eed8b0c3-f044-4fc1-b21d-625597300a96||Sequence: VD11D r154; May 23 2012 22:28:10 by eja", "dcmmeta_affine": [[-1.7421875, 1.7421875567777916e-16, 0.0, 113.97900390625], [1.7421875567777916e-16, 1.7421875, 0.0, -122.58519744873047], [0.0, 0.0, 1.6999999284744263, -47.672611236572266], [0.0, 0.0, 0.0, 1.0]], "dcmmeta_reorient_transform": [[0.0, -1.0, 0.0, 127.0], [1.0, 0.0, 0.0, 0.0], [0.0, 0.0, 1.0, 0.0], [0.0, 0.0, 0.0, 1.0]], "dcmmeta_shape": [128, 128, 54, 68], "dcmmeta_slice_dim": 2, "dcmmeta_version": 0.6, "global": {"const": {"AcquisitionMatrix": [0, 128, 128, 0], "AngioFlag": "N", "BitsAllocated": 16, "BitsStored": 16, "BodyPartExamined": "BRAIN", "Columns": 1024, "EchoNumbers": 1, "EchoTime": 101.0, "EchoTrainLength": 47, "FlipAngle": 90.0, "HighBit": 15, "ImageOrientationPatient": [1.0, -1e-16, 0.0, 1e-16, 1.0, 0.0], "ImagePositionPatient": [-894.47900056839, -879.1726140976, -47.672611236572], "ImageType": ["ORIGINAL", "PRIMARY", "DIFFUSION", "NONE", "ND", "MOSAIC"], "ImagedNucleus": "1H", "ImagingFrequency": 123.193489, "InPlanePhaseEncodingDirection": "ROW", "MRAcquisitionType": "2D", "MagneticFieldStrength": 3.0, "Manufacturer": "SIEMENS", "ManufacturerModelName": "Skyra", "Modality": "MR", "NumberOfAverages": 1.0, "NumberOfPhaseEncodingSteps": 95, "PercentPhaseFieldOfView": 100.0, "PercentSampling": 100.0, "PerformedProcedureStepStartTime": "070151.859000", "PhotometricInterpretation": "MONOCHROME2", "PixelBandwidth": 1775.0, "PixelRepresentation": 0, "PixelSpacing": [1.7421875, 1.7421875], "ProtocolName": "MBEPI with MDDW L-R", "RepetitionTime": 5500.0, "Rows": 1024, "SAR": 0.21308176885958, "SamplesPerPixel": 1, "ScanOptions": ["PFP", "FS"], "ScanningSequence": "EP", "SequenceVariant": "SK", "SeriesDescription": "MBEPI with MDDW L-R", "SeriesNumber": 8, "SeriesTime": "080208.906000", "SliceLocation": -47.672611236572, "SliceThickness": 1.7000000476837, "SmallestImagePixelValue": 0, "SoftwareVersions": "syngo MR D11", "SpacingBetweenSlices": 1.6999999712098, "SpecificCharacterSet": "ISO_IR 100", "StudyID": "1", "StudyTime": "070151.781000", "TransmitCoilName": "Body", "VariableFlipAngleFlag": "N", "WindowCenterWidthExplanation": "Algo1", "dBdt": 0.0}, "slices": {}}, "time": {"samples": {"AcquisitionNumber": [1, 2, 3, 4, 5, 6, 7, 8, 9, 10, 11, 12, 13, 14, 15, 16, 17, 18, 19, 20, 21, 22, 23, 24, 25, 26, 27, 28, 29, 30, 31, 32, 33, 34, 35, 36, 37, 38, 39, 40, 41, 42, 43, 44, 45, 46, 47, 48, 49, 50, 51, 52, 53, 54, 55, 56, 57, 58, 59, 60, 61, 62, 63, 64, 65, 66, 67, 68], "AcquisitionTime": ["075952.277500", "080103.777500", "080109.277500", "080114.777500", "080120.277500", "080125.777500", "080131.277500", "080136.777500", "080142.277500", "080147.777500", "080153.277500", "080158.777500", "080204.277500", "080209.777500", "080215.277500", "080220.777500", "080226.277500", "080231.777500", "080237.277500", "080242.777500", "080248.277500", "080253.777500", "080259.277500", "080304.777500", "080310.277500", "080315.777500", "080321.277500", "080326.777500", "080332.277500", "080337.777500", "080343.277500", "080348.777500", "080354.277500", "080359.777500", "080405.277500", "080410.777500", "080416.277500", "080421.777500", "080427.277500", "080432.777500", "080438.277500", "080443.777500", "080449.277500", "080454.777500", "080500.277500", "080505.777500", "080511.277500", "080516.777500", "080522.277500", "080527.777500", "080533.277500", "080538.777500", "080544.277500", "080549.777500", "080555.277500", "080600.777500", "080606.277500", "080611.777500", "080617.277500", "080622.777500", "080628.277500", "080633.777500", "080639.277500", "080644.777500", "080650.277500", "080655.777500", "080701.277500", "080706.777500"], "ContentTime": ["080208.906000", "080215.343000", "080215.343000", "080215.343000", "080220.343000", "080220.343000", "080225.343000", "080225.343000", "080230.343000", "080230.343000", "080230.359000", "080235.343000", "080235.343000", "080240.343000", "080240.343000", "080240.343000", "080245.343000", "080245.343000", "080250.343000", "080250.343000", "080255.343000", "080300.343000", "080305.343000", "080315.343000", "080320.343000", "080325.343000", "080330.343000", "080335.343000", "080340.343000", "080345.343000", "080350.343000", "080355.343000", "080400.343000", "080410.343000", "080415.343000", "080420.343000", "080425.343000", "080430.343000", "080435.343000", "080440.343000", "080445.343000", "080450.343000", "080455.343000", "080505.343000", "080510.343000", "080515.343000", "080520.343000", "080525.343000", "080530.343000", "080535.343000", "080540.343000", "080545.343000", "080550.343000", "080600.343000", "080605.343000", "080610.343000", "080615.343000", "080620.343000", "080625.343000", "080630.343000", "080635.343000", "080640.343000", "080645.343000", "080655.343000", "080700.343000", "080705.343000", "080710.343000", "080712.609000"], "InstanceCreationTime": ["080208.906000", "080215.343000", "080215.343000", "080215.343000", "080220.343000", "080220.343000", "080225.343000", "080225.343000", "080230.343000", "080230.343000", "080230.359000", "080235.343000", "080235.343000", "080240.343000", "080240.343000", "080240.343000", "080245.343000", "080245.343000", "080250.343000", "080250.343000", "080255.343000", "080300.343000", "080305.343000", "080315.343000", "080320.343000", "080325.343000", "080330.343000", "080335.343000", "080340.343000", "080345.343000", "080350.343000", "080355.343000", "080400.343000", "080410.343000", "080415.343000", "080420.343000", "080425.343000", "080430.343000", "080435.343000", "080440.343000", "080445.343000", "080450.343000", "080455.343000", "080505.343000", "080510.343000", "080515.343000", "080520.343000", "080525.343000", "080530.343000", "080535.343000", "080540.343000", "080545.343000", "080550.343000", "080600.343000", "080605.343000", "080610.343000", "080615.343000", "080620.343000", "080625.343000", "080630.343000", "080635.343000", "080640.343000", "080645.343000", "080655.343000", "080700.343000", "080705.343000", "080710.343000", "080712.609000"], "InstanceNumber": [1, 2, 3, 4, 5, 6, 7, 8, 9, 10, 11, 12, 13, 14, 15, 16, 17, 18, 19, 20, 21, 22, 23, 24, 25, 26, 27, 28, 29, 30, 31, 32, 33, 34, 35, 36, 37, 38, 39, 40, 41, 42, 43, 44, 45, 46, 47, 48, 49, 50, 51, 52, 53, 54, 55, 56, 57, 58, 59, 60, 61, 62, 63, 64, 65, 66, 67, 68], "LargestImagePixelValue": [63324, 64582, 65535, 64425, 7562, 6351, 6860, 6002, 6506, 7058, 7890, 6218, 7586, 5847, 6283, 6611, 6695, 6621, 7543, 6588, 6993, 6999, 5902, 7178, 6750, 7738, 6700, 6453, 7427, 5460, 6193, 6964, 6768, 6952, 7336, 6831, 7650, 6875, 7135, 6980, 5620, 6395, 6886, 6740, 6869, 5993, 6880, 6443, 6090, 6496, 6404, 6487, 6369, 7440, 6405, 6469, 6766, 7432, 6689, 5792, 6333, 6082, 7489, 5866, 6751, 7679, 6565, 5931], "SequenceName": ["ep_b5#1", "ep_b5#2", "ep_b5#3", "ep_b5#4", "ep_b2010#5", "ep_b1990#6", "ep_b1975#7", "ep_b1995#8", "ep_b1980#9", "ep_b2000#10", "ep_b1995#11", "ep_b1990#12", "ep_b2000#13", "ep_b1995#14", "ep_b1990#15", "ep_b1985#16", "ep_b1985#17", "ep_b1995#18", "ep_b1985#19", "ep_b2000#20", "ep_b2000#21", "ep_b1980#22", "ep_b1985#23", "ep_b1995#24", "ep_b1995#25", "ep_b1995#26", "ep_b2005#27", "ep_b1980#28", "ep_b1975#29", "ep_b1990#30", "ep_b2000#31", "ep_b1975#32", "ep_b1980#33", "ep_b2000#34", "ep_b1985#35", "ep_b1980#36", "ep_b1980#37", "ep_b1980#38", "ep_b2005#39", "ep_b2005#40", "ep_b1995#41", "ep_b2000#42", "ep_b1990#43", "ep_b1990#44", "ep_b1995#45", "ep_b1980#46", "ep_b1995#47", "ep_b1980#48", "ep_b1990#49", "ep_b1975#50", "ep_b1995#51", "ep_b2000#52", "ep_b1980#53", "ep_b1980#54", "ep_b2000#55", "ep_b1985#56", "ep_b1990#57", "ep_b1980#58", "ep_b1985#59", "ep_b1990#60", "ep_b1990#61", "ep_b1985#62", "ep_b1975#63", "ep_b1980#64", "ep_b1985#65", "ep_b1980#66", "ep_b1995#67", "ep_b1990#68"], "WindowCenter": [8864.0, 8880.0, 8923.0, 8894.0, 2054.0, 1968.0, 1940.0, 2004.0, 2017.0, 2046.0, 2028.0, 1928.0, 2025.0, 1955.0, 1950.0, 1967.0, 2032.0, 1949.0, 2010.0, 2018.0, 2032.0, 1954.0, 1958.0, 2044.0, 1950.0, 2060.0, 2021.0, 1925.0, 1983.0, 1994.0, 1994.0, 1954.0, 2046.0, 2001.0, 2042.0, 1968.0, 1994.0, 1996.0, 2030.0, 2030.0, 1975.0, 1972.0, 1971.0, 2019.0, 2035.0, 2038.0, 1984.0, 1936.0, 2018.0, 2004.0, 2016.0, 1991.0, 2033.0, 2028.0, 1985.0, 2023.0, 1932.0, 1970.0, 1938.0, 2022.0, 2035.0, 2005.0, 1997.0, 2022.0, 1986.0, 2023.0, 1954.0, 1971.0], "WindowWidth": [20051.0, 20067.0, 20144.0, 20106.0, 5077.0, 4910.0, 4853.0, 4988.0, 5008.0, 5074.0, 5025.0, 4834.0, 5024.0, 4889.0, 4875.0, 4904.0, 5039.0, 4873.0, 4990.0, 5019.0, 5044.0, 4879.0, 4894.0, 5068.0, 4865.0, 5100.0, 5029.0, 4823.0, 4930.0, 4972.0, 4973.0, 4873.0, 5066.0, 4976.0, 5055.0, 4900.0, 4952.0, 4956.0, 5040.0, 5041.0, 4933.0, 4924.0, 4916.0, 5014.0, 5051.0, 5055.0, 4941.0, 4844.0, 5018.0, 4975.0, 5006.0, 4966.0, 5039.0, 5023.0, 4948.0, 5028.0, 4833.0, 4911.0, 4849.0, 5025.0, 5051.0, 4986.0, 4954.0, 5024.0, 4943.0, 5005.0, 4879.0, 4912.0]}, "slices": {}}}