{"AcquisitionMatrixPE": 128, "AcquisitionNumber": 1, "AcquisitionTime": "07:51:55.175000", "BandwidthPerPixelPhaseEncode": 16.622, "BaseResolution": 128, "BodyPartExamined": "BRAIN", "ConsistencyInfo": "N4_VD11D_LATEST_20110129", "ConversionSoftware": "dcm2niix", "ConversionSoftwareVersion": "v1.0.20210317", "DerivedVendorReportedEchoSpacing": 0.000940019, "DeviceSerialNumber": "45239", "DiffusionScheme": "Bipolar", "DwellTime": 2.2e-06, "EchoTime": 0.101, "EchoTrainLength": 47, "EffectiveEchoSpacing": 0.00047001, "FlipAngle": 90, "ImageComments": "Unaliased MB2/PE3", "ImageOrientationPatientDICOM": [1, 1e-16, 0, -1e-16, 1, 0], "ImageType": ["ORIGINAL", "PRIMARY", "DIFFUSION", "NONE", "ND", "MOSAIC"], "ImagingFrequency": 123.193, "InPlanePhaseEncodingDirectionDICOM": "ROW", "InstitutionAddress": "E 24th St. 100,Austin,Southmiddle,US,78712", "InstitutionName": "Univ of Texas at Austin", "InstitutionalDepartmentName": "IRC", "MRAcquisitionType": "2D", "MagneticFieldStrength": 3, "Manufacturer": "Siemens", "ManufacturersModelName": "Skyra", "Modality": "MR", "MultibandAccelerationFactor": 2, "ParallelReductionFactorInPlane": 2, "PartialFourier": 0.75, "PatientPosition": "HFS", "PercentPhaseFOV": 100, "PercentSampling": 100, "PhaseEncodingDirection": "i", "PhaseEncodingSteps": 95, "PhaseResolution": 1, "PixelBandwidth": 1775, "ProcedureStepDescription": "Poldrack2^self-scanning", "ProtocolName": "MBEPI with MDDW R-L", "PulseSequenceDetails": "%CustomerSeq%\\cmrr_mbep2d_diff", "ReceiveCoilActiveElements": "HEA;HEP", "ReceiveCoilName": "Head_32", "ReconMatrixPE": 128, "RefLinesPE": 24, "RepetitionTime": 5.5, "SAR": 0.213082, "ScanOptions": "PFP\\FS", "ScanningSequence": "EP", "SequenceName": "ep_b5#1", "SequenceVariant": "SK", "SeriesDescription": "MBEPI with MDDW R-L", "SeriesNumber": 7, "ShimSetting": [-2766, 8010, -15675, 139, -311, 94, 5, -70], "SliceThickness": 1.7, "SliceTiming": [0, 2.85, 0.2025, 3.055, 0.4075, 3.2575, 0.61, 3.4625, 0.815, 3.665, 1.0175, 3.87, 1.2225, 4.0725, 1.425, 4.2775, 1.63, 4.48, 1.8325, 4.685, 2.035, 4.8875, 2.24, 5.0925, 2.4425, 5.295, 2.6475, 0, 2.85, 0.2025, 3.055, 0.4075, 3.2575, 0.61, 3.4625, 0.815, 3.665, 1.0175, 3.87, 1.2225, 4.0725, 1.425, 4.2775, 1.63, 4.48, 1.8325, 4.685, 2.035, 4.8875, 2.24, 5.0925, 2.4425, 5.295, 2.6475], "SoftwareVersions": "syngo MR D11", "SpacingBetweenSlices": 1.7, "StationName": "AWP45239", "TotalReadoutTime": 0.0596912, "TxRefAmp": 343.508, "WipMemBlock": "0dcceab7-1584-4ad5-9bb2-b87aea8c9e18||Sequence: VD11D r154; May 23 2012 22:28:10 by eja", "dcmmeta_affine": [[-1.7421875, -1.7421875567777916e-16, 0.0, 113.97900390625], [-1.7421875567777916e-16, 1.7421875, 0.0, -122.58518981933594], [0.0, 0.0, 1.7000000476837158, -47.67261505126953], [0.0, 0.0, 0.0, 1.0]], "dcmmeta_reorient_transform": [[0.0, -1.0, 0.0, 127.0], [1.0, 0.0, 0.0, 0.0], [0.0, 0.0, 1.0, 0.0], [0.0, 0.0, 0.0, 1.0]], "dcmmeta_shape": [128, 128, 54, 68], "dcmmeta_slice_dim": 2, "dcmmeta_version": 0.6, "global": {"const": {"AcquisitionMatrix": [0, 128, 128, 0], "AngioFlag": "N", "BitsAllocated": 16, "BitsStored": 16, "BodyPartExamined": "BRAIN", "Columns": 1024, "EchoNumbers": 1, "EchoTime": 101.0, "EchoTrainLength": 47, "FlipAngle": 90.0, "HighBit": 15, "ImageOrientationPatient": [1.0, 1e-16, 0.0, -1e-16, 1.0, 0.0], "ImagePositionPatient": [-894.47900652885, -879.17261981964, -47.67261505127], "ImageType": ["ORIGINAL", "PRIMARY", "DIFFUSION", "NONE", "ND", "MOSAIC"], "ImagedNucleus": "1H", "ImagingFrequency": 123.193462, "InPlanePhaseEncodingDirection": "ROW", "MRAcquisitionType": "2D", "MagneticFieldStrength": 3.0, "Manufacturer": "SIEMENS", "ManufacturerModelName": "Skyra", "Modality": "MR", "NumberOfAverages": 1.0, "NumberOfPhaseEncodingSteps": 95, "PercentPhaseFieldOfView": 100.0, "PercentSampling": 100.0, "PerformedProcedureStepStartTime": "070151.859000", "PhotometricInterpretation": "MONOCHROME2", "PixelBandwidth": 1775.0, "PixelRepresentation": 0, "PixelSpacing": [1.7421875, 1.7421875], "ProtocolName": "MBEPI with MDDW R-L", "RepetitionTime": 5500.0, "Rows": 1024, "SAR": 0.21308176994767, "SamplesPerPixel": 1, "ScanOptions": ["PFP", "FS"], "ScanningSequence": "EP", "SequenceVariant": "SK", "SeriesDescription": "MBEPI with MDDW R-L", "SeriesNumber": 7, "SeriesTime": "075932.234000", "SliceLocation": -47.67261505127, "SliceThickness": 1.7000000476837, "SmallestImagePixelValue": 0, "SoftwareVersions": "syngo MR D11", "SpacingBetweenSlices": 1.7000000431853, "SpecificCharacterSet": "ISO_IR 100", "StudyID": "1", "StudyTime": "070151.781000", "TransmitCoilName": "Body", "VariableFlipAngleFlag": "N", "WindowCenterWidthExplanation": "Algo1", "dBdt": 0.0}, "slices": {}}, "time": {"samples": {"AcquisitionNumber": [1, 2, 3, 4, 5, 6, 7, 8, 9, 10, 11, 12, 13, 14, 15, 16, 17, 18, 19, 20, 21, 22, 23, 24, 25, 26, 27, 28, 29, 30, 31, 32, 33, 34, 35, 36, 37, 38, 39, 40, 41, 42, 43, 44, 45, 46, 47, 48, 49, 50, 51, 52, 53, 54, 55, 56, 57, 58, 59, 60, 61, 62, 63, 64, 65, 66, 67, 68], "AcquisitionTime": ["075155.175000", "075306.675000", "075312.175000", "075317.675000", "075323.175000", "075328.675000", "075334.175000", "075339.675000", "075345.175000", "075350.675000", "075356.175000", "075401.675000", "075407.175000", "075412.675000", "075418.175000", "075423.675000", "075429.175000", "075434.675000", "075440.175000", "075445.675000", "075451.175000", "075456.675000", "075502.175000", "075507.675000", "075513.175000", "075518.675000", "075524.175000", "075529.675000", "075535.175000", "075540.675000", "075546.175000", "075551.675000", "075557.175000", "075602.675000", "075608.175000", "075613.675000", "075619.175000", "075624.675000", "075630.175000", "075635.675000", "075641.175000", "075646.675000", "075652.175000", "075657.675000", "075703.175000", "075708.675000", "075714.175000", "075719.675000", "075725.175000", "075730.675000", "075736.175000", "075741.675000", "075747.175000", "075752.675000", "075758.175000", "075803.675000", "075809.175000", "075814.675000", "075820.175000", "075825.675000", "075831.175000", "075836.675000", "075842.175000", "075847.675000", "075853.175000", "075858.675000", "075904.175000", "075909.675000"], "ContentTime": ["075932.234000", "075940.328000", "075940.343000", "075940.343000", "075945.328000", "075945.343000", "075945.343000", "075950.328000", "075950.343000", "075955.328000", "075955.343000", "075955.343000", "080000.328000", "080000.328000", "080005.328000", "080005.328000", "080005.343000", "080010.328000", "080010.328000", "080015.328000", "080015.328000", "080015.328000", "080020.328000", "080020.328000", "080025.328000", "080025.328000", "080030.328000", "080030.328000", "080030.343000", "080035.328000", "080035.328000", "080040.328000", "080040.328000", "080040.343000", "080045.328000", "080045.328000", "080050.328000", "080050.328000", "080050.343000", "080055.328000", "080055.343000", "080100.328000", "080100.328000", "080100.343000", "080105.328000", "080105.328000", "080110.328000", "080110.328000", "080110.343000", "080115.328000", "080115.328000", "080120.328000", "080120.328000", "080125.328000", "080125.343000", "080125.343000", "080130.328000", "080130.343000", "080135.328000", "080135.328000", "080135.328000", "080140.328000", "080140.328000", "080145.328000", "080145.328000", "080150.312000", "080150.312000", "080150.312000"], "InstanceCreationTime": ["075932.234000", "075940.328000", "075940.343000", "075940.343000", "075945.328000", "075945.343000", "075945.343000", "075950.328000", "075950.343000", "075955.328000", "075955.343000", "075955.343000", "080000.328000", "080000.328000", "080005.328000", "080005.328000", "080005.343000", "080010.328000", "080010.328000", "080015.328000", "080015.328000", "080015.328000", "080020.328000", "080020.328000", "080025.328000", "080025.328000", "080030.328000", "080030.328000", "080030.343000", "080035.328000", "080035.328000", "080040.328000", "080040.328000", "080040.343000", "080045.328000", "080045.328000", "080050.328000", "080050.328000", "080050.343000", "080055.328000", "080055.343000", "080100.328000", "080100.328000", "080100.343000", "080105.328000", "080105.328000", "080110.328000", "080110.328000", "080110.343000", "080115.328000", "080115.328000", "080120.328000", "080120.328000", "080125.328000", "080125.343000", "080125.343000", "080130.328000", "080130.343000", "080135.328000", "080135.328000", "080135.328000", "080140.328000", "080140.328000", "080145.328000", "080145.328000", "080150.312000", "080150.312000", "080150.312000"], "InstanceNumber": [1, 2, 3, 4, 5, 6, 7, 8, 9, 10, 11, 12, 13, 14, 15, 16, 17, 18, 19, 20, 21, 22, 23, 24, 25, 26, 27, 28, 29, 30, 31, 32, 33, 34, 35, 36, 37, 38, 39, 40, 41, 42, 43, 44, 45, 46, 47, 48, 49, 50, 51, 52, 53, 54, 55, 56, 57, 58, 59, 60, 61, 62, 63, 64, 65, 66, 67, 68], "LargestImagePixelValue": [65535, 65535, 65535, 65535, 6124, 5521, 6622, 5277, 5786, 5680, 6318, 6231, 7079, 5801, 5991, 6997, 5989, 6306, 6661, 5722, 6237, 6858, 5803, 5797, 5656, 5841, 6139, 6001, 6666, 5122, 5583, 6878, 5876, 6165, 6148, 6388, 6750, 6339, 6191, 6194, 5343, 5931, 6529, 6246, 5559, 5426, 6308, 5693, 5632, 6098, 5376, 6109, 5786, 5784, 5978, 6003, 5960, 6786, 6101, 5282, 5591, 5782, 6244, 5432, 7059, 6071, 5880, 5653], "SequenceName": ["ep_b5#1", "ep_b5#2", "ep_b5#3", "ep_b5#4", "ep_b2010#5", "ep_b1990#6", "ep_b1975#7", "ep_b1995#8", "ep_b1980#9", "ep_b2000#10", "ep_b1995#11", "ep_b1990#12", "ep_b2000#13", "ep_b1995#14", "ep_b1990#15", "ep_b1985#16", "ep_b1985#17", "ep_b1995#18", "ep_b1985#19", "ep_b2000#20", "ep_b2000#21", "ep_b1980#22", "ep_b1985#23", "ep_b1995#24", "ep_b1995#25", "ep_b1995#26", "ep_b2005#27", "ep_b1980#28", "ep_b1975#29", "ep_b1990#30", "ep_b2000#31", "ep_b1975#32", "ep_b1980#33", "ep_b2000#34", "ep_b1985#35", "ep_b1980#36", "ep_b1980#37", "ep_b1980#38", "ep_b2005#39", "ep_b2005#40", "ep_b1995#41", "ep_b2000#42", "ep_b1990#43", "ep_b1990#44", "ep_b1995#45", "ep_b1980#46", "ep_b1995#47", "ep_b1980#48", "ep_b1990#49", "ep_b1975#50", "ep_b1995#51", "ep_b2000#52", "ep_b1980#53", "ep_b1980#54", "ep_b2000#55", "ep_b1985#56", "ep_b1990#57", "ep_b1980#58", "ep_b1985#59", "ep_b1990#60", "ep_b1990#61", "ep_b1985#62", "ep_b1975#63", "ep_b1980#64", "ep_b1985#65", "ep_b1980#66", "ep_b1995#67", "ep_b1990#68"], "WindowCenter": [8896.0, 8896.0, 8908.0, 8892.0, 2009.0, 1963.0, 1939.0, 1953.0, 1974.0, 1981.0, 1993.0, 1944.0, 2029.0, 1930.0, 1926.0, 1951.0, 1974.0, 1956.0, 1974.0, 1949.0, 2008.0, 1938.0, 1925.0, 1984.0, 1929.0, 1985.0, 1997.0, 1928.0, 1954.0, 1952.0, 1954.0, 1937.0, 2012.0, 1977.0, 1981.0, 1955.0, 1944.0, 1957.0, 1977.0, 1995.0, 1949.0, 1963.0, 1957.0, 1986.0, 1987.0, 1979.0, 1972.0, 1918.0, 1995.0, 1958.0, 1946.0, 1976.0, 1981.0, 1979.0, 1927.0, 2023.0, 1929.0, 1926.0, 1945.0, 1982.0, 1971.0, 2006.0, 1972.0, 1982.0, 1983.0, 1962.0, 1934.0, 1974.0], "WindowWidth": [20138.0, 20134.0, 20163.0, 20127.0, 5007.0, 4909.0, 4845.0, 4896.0, 4918.0, 4952.0, 4969.0, 4865.0, 5033.0, 4839.0, 4826.0, 4868.0, 4917.0, 4888.0, 4916.0, 4881.0, 5003.0, 4841.0, 4825.0, 4960.0, 4833.0, 4962.0, 4986.0, 4831.0, 4865.0, 4890.0, 4901.0, 4836.0, 5004.0, 4935.0, 4941.0, 4867.0, 4853.0, 4872.0, 4935.0, 4976.0, 4879.0, 4907.0, 4889.0, 4941.0, 4969.0, 4933.0, 4917.0, 4818.0, 4973.0, 4878.0, 4866.0, 4932.0, 4942.0, 4931.0, 4823.0, 5026.0, 4834.0, 4817.0, 4862.0, 4949.0, 4930.0, 4991.0, 4901.0, 4945.0, 4926.0, 4894.0, 4851.0, 4920.0]}, "slices": {}}}