{"AcquisitionMatrixPE": 96, "AcquisitionNumber": 1, "AcquisitionTime": "07:26:11.267500", "BandwidthPerPixelPhaseEncode": 33.602, "BaseResolution": 96, "BodyPartExamined": "BRAIN", "ConsistencyInfo": "N4_VD11D_LATEST_20110129", "ConversionSoftware": "dcm2niix", "ConversionSoftwareVersion": "v1.0.20210317", "DerivedVendorReportedEchoSpacing": 0.000620003, "DeviceSerialNumber": "45239", "DwellTime": 2.6e-06, "EchoTime": 0.036, "EchoTrainLength": 48, "EffectiveEchoSpacing": 0.000310001, "FlipAngle": 90, "ImageOrientationPatientDICOM": [0.997821, 0.0246521, 0.0612046, 0.0137589, 0.829456, -0.558402], "ImageType": ["ORIGINAL", "PRIMARY", "M", "ND", "NORM", "MOSAIC"], "ImagingFrequency": 123.193, "InPlanePhaseEncodingDirectionDICOM": "COL", "InstitutionAddress": "E 24th St. 100,Austin,Southmiddle,US,78712", "InstitutionName": "Univ of Texas at Austin", "InstitutionalDepartmentName": "IRC", "MRAcquisitionType": "2D", "MagneticFieldStrength": 3, "Manufacturer": "Siemens", "ManufacturersModelName": "Skyra", "Modality": "MR", "ParallelReductionFactorInPlane": 2, "PartialFourier": 1, "PatientPosition": "HFS", "PercentPhaseFOV": 100, "PercentSampling": 100, "PhaseEncodingDirection": "j", "PhaseEncodingSteps": 96, "PhaseResolution": 1, "PixelBandwidth": 2005, "ProcedureStepDescription": "Poldrack2^self-scanning", "ProtocolName": "MB-SE_FieldMap_P-A", "PulseSequenceDetails": "%CustomerSeq%\\cmrr_mbep2d_se", "ReceiveCoilActiveElements": "HEA;HEP", "ReceiveCoilName": "Head_32", "ReconMatrixPE": 96, "RefLinesPE": 48, "RepetitionTime": 4.55, "SAR": 0.365963, "ScanOptions": "FS", "ScanningSequence": "EP", "SequenceName": "epse2d1_96", "SequenceVariant": "SK", "SeriesDescription": "MB-SE_FieldMap_P-A", "SeriesNumber": 7, "ShimSetting": [-2772, 8125, -15299, 218, -182, 155, 152, -54], "SliceThickness": 2, "SliceTiming": [2.275, 0, 2.34, 0.0675, 2.4075, 0.1325, 2.475, 0.2, 2.5425, 0.2675, 2.6075, 0.335, 2.675, 0.4, 2.7425, 0.4675, 2.81, 0.535, 2.875, 0.6025, 2.9425, 0.6675, 3.01, 0.735, 3.0775, 0.8025, 3.145, 0.87, 3.21, 0.935, 3.2775, 1.0025, 3.345, 1.07, 3.4125, 1.1375, 3.4775, 1.2025, 3.545, 1.27, 3.6125, 1.3375, 3.68, 1.405, 3.745, 1.4725, 3.8125, 1.5375, 3.88, 1.605, 3.9475, 1.6725, 4.0125, 1.74, 4.08, 1.805, 4.1475, 1.8725, 4.215, 1.94, 4.28, 2.0075, 4.3475, 2.0725, 4.415, 2.14, 4.4825, 2.2075], "SoftwareVersions": "syngo MR D11", "SpacingBetweenSlices": 2.4, "StationName": "AWP45239", "TotalReadoutTime": 0.0294501, "TxRefAmp": 346.188, "WipMemBlock": "01f53a4c-08f9-4933-a0a3-035d63deafac||Sequence: VD11D r196; Dec  8 2012 22:11:06 by IDEA", "dcmmeta_affine": [[-2.3906121253967285, 0.032964076846838, 0.15487754344940186, 113.52766418457031], [-0.05906230956315994, 1.9872390031814575, -1.3392655849456787, -67.88589477539062], [0.1466359794139862, 1.3378384113311768, 1.985542893409729, -99.82841491699219], [0.0, 0.0, 0.0, 1.0]], "dcmmeta_reorient_transform": [[0.0, -1.0, 0.0, 95.0], [1.0, 0.0, 0.0, 0.0], [0.0, 0.0, 1.0, 0.0], [0.0, 0.0, 0.0, 1.0]], "dcmmeta_shape": [96, 96, 68, 5], "dcmmeta_slice_dim": 2, "dcmmeta_version": 0.6, "global": {"const": {"AcquisitionMatrix": [96, 0, 0, 96], "AngioFlag": "N", "BitsAllocated": 16, "BitsStored": 16, "BodyPartExamined": "BRAIN", "Columns": 864, "EchoNumbers": 1, "EchoTime": 36.0, "EchoTrainLength": 48, "FlipAngle": 90.0, "HighBit": 15, "ImageOrientationPatient": [0.99782076180777, 0.02465209494156, 0.06120458741265, 0.0137589195872, 0.82945630762132, -0.5584021184407], "ImagePositionPatient": [-1047.3125286617, -906.68151341369, 484.68794187206], "ImageType": ["ORIGINAL", "PRIMARY", "M", "ND", "NORM", "MOSAIC"], "ImagedNucleus": "1H", "ImagingFrequency": 123.193304, "InPlanePhaseEncodingDirection": "COL", "MRAcquisitionType": "2D", "MagneticFieldStrength": 3.0, "Manufacturer": "SIEMENS", "ManufacturerModelName": "Skyra", "Modality": "MR", "NumberOfAverages": 1.0, "NumberOfPhaseEncodingSteps": 96, "PercentPhaseFieldOfView": 100.0, "PercentSampling": 100.0, "PerformedProcedureStepStartTime": "070954.593000", "PhotometricInterpretation": "MONOCHROME2", "PixelBandwidth": 2005.0, "PixelRepresentation": 0, "PixelSpacing": [2.3958332538605, 2.3958332538605], "ProtocolName": "MB-SE_FieldMap_P-A", "RepetitionTime": 4550.0, "Rows": 864, "SAR": 0.36596327385961, "SamplesPerPixel": 1, "ScanOptions": "FS", "ScanningSequence": "EP", "SequenceName": "epse2d1_96", "SequenceVariant": "SK", "SeriesDescription": "MB-SE_FieldMap_P-A", "SeriesNumber": 7, "SeriesTime": "072632.593000", "SliceLocation": -37.38061214817, "SliceThickness": 2.0, "SmallestImagePixelValue": 0, "SoftwareVersions": "syngo MR D11", "SpacingBetweenSlices": 2.3999999636429, "SpecificCharacterSet": "ISO_IR 100", "StudyID": "1", "StudyTime": "070954.562000", "TransmitCoilName": "Body", "VariableFlipAngleFlag": "N", "WindowCenterWidthExplanation": "Algo1", "dBdt": 0.0}, "slices": {}}, "time": {"samples": {"AcquisitionNumber": [1, 2, 3, 4, 5], "AcquisitionTime": ["072611.267500", "072615.817500", "072620.367500", "072624.917500", "072629.467500"], "ContentTime": ["072632.593000", "072632.593000", "072632.593000", "072632.609000", "072632.609000"], "InstanceCreationTime": ["072632.593000", "072632.593000", "072632.593000", "072632.609000", "072632.609000"], "InstanceNumber": [1, 2, 3, 4, 5], "LargestImagePixelValue": [57271, 58567, 58176, 57037, 57093], "WindowCenter": [7112.0, 7129.0, 7123.0, 7119.0, 7120.0], "WindowWidth": [15188.0, 15231.0, 15214.0, 15207.0, 15217.0]}, "slices": {}}}