{"AcquisitionMatrixPE": 96, "AcquisitionNumber": 1, "AcquisitionTime": "07:20:9.410000", "BandwidthPerPixelPhaseEncode": 33.602, "BaseResolution": 96, "BodyPartExamined": "BRAIN", "ConsistencyInfo": "N4_VD11D_LATEST_20110129", "ConversionSoftware": "dcm2niix", "ConversionSoftwareVersion": "v1.0.20210317", "DerivedVendorReportedEchoSpacing": 0.000620003, "DeviceSerialNumber": "45239", "DwellTime": 2.6e-06, "EchoTime": 0.036, "EchoTrainLength": 48, "EffectiveEchoSpacing": 0.000310001, "FlipAngle": 90, "ImageOrientationPatientDICOM": [0.999925, -0.0103606, 0.00647404, 0.012217, 0.847985, -0.52988], "ImageType": ["ORIGINAL", "PRIMARY", "M", "ND", "NORM", "MOSAIC"], "ImagingFrequency": 123.193, "InPlanePhaseEncodingDirectionDICOM": "COL", "InstitutionAddress": "E 24th St. 100,Austin,Southmiddle,US,78712", "InstitutionName": "Univ of Texas at Austin", "InstitutionalDepartmentName": "IRC", "MRAcquisitionType": "2D", "MagneticFieldStrength": 3, "Manufacturer": "Siemens", "ManufacturersModelName": "Skyra", "Modality": "MR", "ParallelReductionFactorInPlane": 2, "PartialFourier": 1, "PatientPosition": "HFS", "PercentPhaseFOV": 100, "PercentSampling": 100, "PhaseEncodingDirection": "j", "PhaseEncodingSteps": 96, "PhaseResolution": 1, "PixelBandwidth": 2005, "ProcedureStepDescription": "Poldrack2^self-scanning", "ProtocolName": "MB-SE_FieldMap_P-A", "PulseSequenceDetails": "%CustomerSeq%\\cmrr_mbep2d_se", "ReceiveCoilActiveElements": "HEA;HEP", "ReceiveCoilName": "Head_32", "ReconMatrixPE": 96, "RefLinesPE": 48, "RepetitionTime": 4.55, "SAR": 0.401919, "ScanOptions": "FS", "ScanningSequence": "EP", "SequenceName": "epse2d1_96", "SequenceVariant": "SK", "SeriesDescription": "MB-SE_FieldMap_P-A", "SeriesNumber": 7, "ShimSetting": [-2776, 7804, -15522, 538, -375, -746, 556, 108], "SliceThickness": 2, "SliceTiming": [2.275, 0, 2.3425, 0.0675, 2.41, 0.135, 2.475, 0.2025, 2.5425, 0.2675, 2.61, 0.335, 2.6775, 0.4025, 2.7425, 0.47, 2.81, 0.535, 2.8775, 0.6025, 2.945, 0.67, 3.01, 0.7375, 3.0775, 0.8025, 3.145, 0.87, 3.2125, 0.9375, 3.28, 1.005, 3.345, 1.07, 3.4125, 1.1375, 3.48, 1.205, 3.5475, 1.2725, 3.6125, 1.3375, 3.68, 1.405, 3.7475, 1.4725, 3.815, 1.54, 3.88, 1.6075, 3.9475, 1.6725, 4.015, 1.74, 4.0825, 1.8075, 4.1475, 1.875, 4.215, 1.94, 4.2825, 2.0075, 4.35, 2.075, 4.415, 2.1425, 4.4825, 2.2075], "SoftwareVersions": "syngo MR D11", "SpacingBetweenSlices": 2.4, "StationName": "AWP45239", "TotalReadoutTime": 0.0294501, "TxRefAmp": 350.536, "WipMemBlock": "2964864c-48b0-4aaa-873a-509f309abffa||Sequence: VD11D r154; May 23 2012 22:29:07 by eja", "dcmmeta_affine": [[-2.3956544399261475, 0.029269931837916374, 1.1577041547639055e-08, 116.4686279296875], [0.024822304025292397, 2.031630277633667, -1.271806240081787, -76.24373626708984], [0.015510709956288338, 1.2695034742355347, 2.0353152751922607, -76.76531982421875], [0.0, 0.0, 0.0, 1.0]], "dcmmeta_reorient_transform": [[0.0, -1.0, 0.0, 95.0], [1.0, 0.0, 0.0, 0.0], [0.0, 0.0, 1.0, 0.0], [0.0, 0.0, 0.0, 1.0]], "dcmmeta_shape": [96, 96, 68, 5], "dcmmeta_slice_dim": 2, "dcmmeta_version": 0.6, "global": {"const": {"AcquisitionMatrix": [96, 0, 0, 96], "AngioFlag": "N", "BitsAllocated": 16, "BitsStored": 16, "BodyPartExamined": "BRAIN", "Columns": 864, "EchoNumbers": 1, "EchoTime": 36.0, "EchoTrainLength": 48, "FlipAngle": 90.0, "HighBit": 15, "ImageOrientationPatient": [0.99992536948646, -0.010360613834, 0.00647403570789, 0.01221701507589, 0.84798480708514, -0.5298797141762], "ImagePositionPatient": [-1050.4202311553, -887.37536794683, 525.37071419491], "ImageType": ["ORIGINAL", "PRIMARY", "M", "ND", "NORM", "MOSAIC"], "ImagedNucleus": "1H", "ImagingFrequency": 123.193304, "InPlanePhaseEncodingDirection": "COL", "MRAcquisitionType": "2D", "MagneticFieldStrength": 3.0, "Manufacturer": "SIEMENS", "ManufacturerModelName": "Skyra", "Modality": "MR", "NumberOfAverages": 1.0, "NumberOfPhaseEncodingSteps": 96, "PercentPhaseFieldOfView": 100.0, "PercentSampling": 100.0, "PerformedProcedureStepStartTime": "070547.000000", "PhotometricInterpretation": "MONOCHROME2", "PixelBandwidth": 2005.0, "PixelRepresentation": 0, "PixelSpacing": [2.3958332538605, 2.3958332538605], "ProtocolName": "MB-SE_FieldMap_P-A", "RepetitionTime": 4550.0, "Rows": 864, "SAR": 0.40191860279178, "SamplesPerPixel": 1, "ScanOptions": "FS", "ScanningSequence": "EP", "SequenceName": "epse2d1_96", "SequenceVariant": "SK", "SeriesDescription": "MB-SE_FieldMap_P-A", "SeriesNumber": 7, "SeriesTime": "072030.140000", "SliceLocation": -24.697660803148, "SliceThickness": 2.0, "SmallestImagePixelValue": 0, "SoftwareVersions": "syngo MR D11", "SpacingBetweenSlices": 2.3999999308042, "SpecificCharacterSet": "ISO_IR 100", "StudyID": "1", "StudyTime": "070546.953000", "TransmitCoilName": "Body", "VariableFlipAngleFlag": "N", "WindowCenterWidthExplanation": "Algo1", "dBdt": 0.0}, "slices": {}}, "time": {"samples": {"AcquisitionNumber": [1, 2, 3, 4, 5], "AcquisitionTime": ["072009.410000", "072013.960000", "072018.510000", "072023.060000", "072027.610000"], "ContentTime": ["072030.140000", "072030.140000", "072030.140000", "072030.156000", "072030.156000"], "InstanceCreationTime": ["072030.140000", "072030.140000", "072030.140000", "072030.156000", "072030.156000"], "InstanceNumber": [1, 2, 3, 4, 5], "LargestImagePixelValue": [49991, 48652, 48938, 49239, 48367], "WindowCenter": [7343.0, 7343.0, 7349.0, 7358.0, 7359.0], "WindowWidth": [15616.0, 15630.0, 15644.0, 15660.0, 15661.0]}, "slices": {}}}