{"AcquisitionMatrixPE": 96, "AcquisitionNumber": 1, "AcquisitionTime": "07:42:57.812500", "BandwidthPerPixelPhaseEncode": 33.602, "BaseResolution": 96, "BodyPartExamined": "BRAIN", "ConsistencyInfo": "N4_VD11D_LATEST_20110129", "ConversionSoftware": "dcm2niix", "ConversionSoftwareVersion": "v1.0.20210317", "DerivedVendorReportedEchoSpacing": 0.000620003, "DeviceSerialNumber": "45239", "DwellTime": 2.6e-06, "EchoTime": 0.03, "EchoTrainLength": 48, "EffectiveEchoSpacing": 0.000310001, "FlipAngle": 63, "ImageComments": "Unaliased MB4/PE3", "ImageOrientationPatientDICOM": [0.999469, 0.0232958, -0.0227848, -0.0318293, 0.847736, -0.529462], "ImageType": ["ORIGINAL", "PRIMARY", "M", "ND", "NORM", "MOSAIC"], "ImagingFrequency": 123.193, "InPlanePhaseEncodingDirectionDICOM": "COL", "InstitutionAddress": "E 24th St. 100,Austin,Southmiddle,US,78712", "InstitutionName": "Univ of Texas at Austin", "InstitutionalDepartmentName": "IRC", "MRAcquisitionType": "2D", "MagneticFieldStrength": 3, "Manufacturer": "Siemens", "ManufacturersModelName": "Skyra", "Modality": "MR", "MultibandAccelerationFactor": 4, "ParallelReductionFactorInPlane": 2, "PartialFourier": 1, "PatientPosition": "HFS", "PercentPhaseFOV": 100, "PercentSampling": 100, "PhaseEncodingDirection": "j-", "PhaseEncodingSteps": 96, "PhaseResolution": 1, "PixelBandwidth": 2005, "ProcedureStepDescription": "Poldrack2^self-scanning", "ProtocolName": "Resting State fMRI MBEPI_matrix96_BW2004", "PulseSequenceDetails": "%CustomerSeq%\\cmrr_mbep2d_bold", "ReceiveCoilActiveElements": "HEA;HEP", "ReceiveCoilName": "Head_32", "ReconMatrixPE": 96, "RefLinesPE": 94, "RepetitionTime": 1.16, "SAR": 0.105314, "ScanOptions": "FS", "ScanningSequence": "EP", "SequenceName": "epfid2d1_96", "SequenceVariant": "SK", "SeriesDescription": "Resting State fMRI MBEPI_matrix96_BW2004", "SeriesNumber": 6, "ShimSetting": [-2810, 8068, -15466, 143, -213, 153, 176, -97], "SliceThickness": 2, "SliceTiming": [0, 0.5, 0.9975, 0.3575, 0.855, 0.215, 0.7125, 0.0725, 0.57, 1.07, 0.4275, 0.9275, 0.285, 0.785, 0.1425, 0.6425, 0, 0.5, 0.9975, 0.3575, 0.855, 0.215, 0.7125, 0.0725, 0.57, 1.07, 0.4275, 0.9275, 0.285, 0.785, 0.1425, 0.6425, 0, 0.5, 0.9975, 0.3575, 0.855, 0.215, 0.7125, 0.0725, 0.57, 1.07, 0.4275, 0.9275, 0.285, 0.785, 0.1425, 0.6425, 0, 0.5, 0.9975, 0.3575, 0.855, 0.215, 0.7125, 0.0725, 0.57, 1.07, 0.4275, 0.9275, 0.285, 0.785, 0.1425, 0.6425], "SoftwareVersions": "syngo MR D11", "SpacingBetweenSlices": 2.4, "StationName": "AWP45239", "TaskName": "Resting fmri", "TotalReadoutTime": 0.0294501, "TxRefAmp": 346.099, "WipMemBlock": "273b1a01-7698-4f8c-9a24-b38017dd8667||Sequence: VD11D r206; Feb 13 2013 18:52:04 by eja", "dcmmeta_affine": [[-2.3945608139038086, -0.0762576311826706, -0.01675504446029663, 123.447509765625], [-0.05581280216574669, 2.031034469604492, -1.271775245666504, -76.27729034423828], [-0.05458860099315643, 1.2685034275054932, 2.0352659225463867, -86.86299133300781], [0.0, 0.0, 0.0, 1.0]], "dcmmeta_reorient_transform": [[0.0, -1.0, 0.0, 95.0], [1.0, 0.0, 0.0, 0.0], [0.0, 0.0, 1.0, 0.0], [0.0, 0.0, 0.0, 1.0]], "dcmmeta_shape": [96, 96, 64, 518], "dcmmeta_slice_dim": 2, "dcmmeta_version": 0.6, "global": {"const": {"AcquisitionMatrix": [96, 0, 0, 96], "AngioFlag": "N", "BitsAllocated": 16, "BitsStored": 16, "BodyPartExamined": "BRAIN", "Columns": 768, "EchoNumbers": 1, "EchoTime": 30.0, "EchoTrainLength": 48, "FlipAngle": 63.0, "HighBit": 15, "ImageOrientationPatient": [0.99946893860773, 0.02329577858307, -0.0227848076256, -0.031829273429, 0.84773614670364, -0.5294622960373], "ImagePositionPatient": [-895.15293810431, -817.85165638853, 478.20373018349], "ImageType": ["ORIGINAL", "PRIMARY", "M", "ND", "NORM", "MOSAIC"], "ImagedNucleus": "1H", "ImagingFrequency": 123.193374, "InPlanePhaseEncodingDirection": "COL", "MRAcquisitionType": "2D", "MagneticFieldStrength": 3.0, "Manufacturer": "SIEMENS", "ManufacturerModelName": "Skyra", "Modality": "MR", "NumberOfAverages": 1.0, "NumberOfPhaseEncodingSteps": 96, "PercentPhaseFieldOfView": 100.0, "PercentSampling": 100.0, "PerformedProcedureStepStartTime": "072823.250000", "PhotometricInterpretation": "MONOCHROME2", "PixelBandwidth": 2005.0, "PixelRepresentation": 0, "PixelSpacing": [2.3958332538605, 2.3958332538605], "ProtocolName": "Resting State fMRI MBEPI_matrix96_BW2004", "RepetitionTime": 1160.0, "Rows": 768, "SAR": 0.10531385837955, "SamplesPerPixel": 1, "ScanOptions": "FS", "ScanningSequence": "EP", "SequenceName": "epfid2d1_96", "SequenceVariant": "SK", "SeriesDescription": "Resting State fMRI MBEPI_matrix96_BW2004", "SeriesNumber": 6, "SeriesTime": "074336.625000", "SliceLocation": -34.104200931866, "SliceThickness": 2.0, "SmallestImagePixelValue": 0, "SoftwareVersions": "syngo MR D11", "SpacingBetweenSlices": 2.4000000490554, "SpecificCharacterSet": "ISO_IR 100", "StudyID": "1", "StudyTime": "072823.218000", "TransmitCoilName": "Body", "VariableFlipAngleFlag": "N", "WindowCenterWidthExplanation": "Algo1", "dBdt": 0.0}, "slices": {}}, "time": {"samples": {"AcquisitionNumber": [1, 2, 3, 4, 5, 6, 7, 8, 9, 10, 11, 12, 13, 14, 15, 16, 17, 18, 19, 20, 21, 22, 23, 24, 25, 26, 27, 28, 29, 30, 31, 32, 33, 34, 35, 36, 37, 38, 39, 40, 41, 42, 43, 44, 45, 46, 47, 48, 49, 50, 51, 52, 53, 54, 55, 56, 57, 58, 59, 60, 61, 62, 63, 64, 65, 66, 67, 68, 69, 70, 71, 72, 73, 74, 75, 76, 77, 78, 79, 80, 81, 82, 83, 84, 85, 86, 87, 88, 89, 90, 91, 92, 93, 94, 95, 96, 97, 98, 99, 100, 101, 102, 103, 104, 105, 106, 107, 108, 109, 110, 111, 112, 113, 114, 115, 116, 117, 118, 119, 120, 121, 122, 123, 124, 125, 126, 127, 128, 129, 130, 131, 132, 133, 134, 135, 136, 137, 138, 139, 140, 141, 142, 143, 144, 145, 146, 147, 148, 149, 150, 151, 152, 153, 154, 155, 156, 157, 158, 159, 160, 161, 162, 163, 164, 165, 166, 167, 168, 169, 170, 171, 172, 173, 174, 175, 176, 177, 178, 179, 180, 181, 182, 183, 184, 185, 186, 187, 188, 189, 190, 191, 192, 193, 194, 195, 196, 197, 198, 199, 200, 201, 202, 203, 204, 205, 206, 207, 208, 209, 210, 211, 212, 213, 214, 215, 216, 217, 218, 219, 220, 221, 222, 223, 224, 225, 226, 227, 228, 229, 230, 231, 232, 233, 234, 235, 236, 237, 238, 239, 240, 241, 242, 243, 244, 245, 246, 247, 248, 249, 250, 251, 252, 253, 254, 255, 256, 257, 258, 259, 260, 261, 262, 263, 264, 265, 266, 267, 268, 269, 270, 271, 272, 273, 274, 275, 276, 277, 278, 279, 280, 281, 282, 283, 284, 285, 286, 287, 288, 289, 290, 291, 292, 293, 294, 295, 296, 297, 298, 299, 300, 301, 302, 303, 304, 305, 306, 307, 308, 309, 310, 311, 312, 313, 314, 315, 316, 317, 318, 319, 320, 321, 322, 323, 324, 325, 326, 327, 328, 329, 330, 331, 332, 333, 334, 335, 336, 337, 338, 339, 340, 341, 342, 343, 344, 345, 346, 347, 348, 349, 350, 351, 352, 353, 354, 355, 356, 357, 358, 359, 360, 361, 362, 363, 364, 365, 366, 367, 368, 369, 370, 371, 372, 373, 374, 375, 376, 377, 378, 379, 380, 381, 382, 383, 384, 385, 386, 387, 388, 389, 390, 391, 392, 393, 394, 395, 396, 397, 398, 399, 400, 401, 402, 403, 404, 405, 406, 407, 408, 409, 410, 411, 412, 413, 414, 415, 416, 417, 418, 419, 420, 421, 422, 423, 424, 425, 426, 427, 428, 429, 430, 431, 432, 433, 434, 435, 436, 437, 438, 439, 440, 441, 442, 443, 444, 445, 446, 447, 448, 449, 450, 451, 452, 453, 454, 455, 456, 457, 458, 459, 460, 461, 462, 463, 464, 465, 466, 467, 468, 469, 470, 471, 472, 473, 474, 475, 476, 477, 478, 479, 480, 481, 482, 483, 484, 485, 486, 487, 488, 489, 490, 491, 492, 493, 494, 495, 496, 497, 498, 499, 500, 501, 502, 503, 504, 505, 506, 507, 508, 509, 510, 511, 512, 513, 514, 515, 516, 517, 518], "AcquisitionTime": ["074257.812500", "074326.812500", "074327.972500", "074329.132500", "074330.292500", "074331.452500", "074332.612500", "074333.772500", "074334.932500", "074336.092500", "074337.252500", "074338.412500", "074339.572500", "074340.732500", "074341.892500", "074343.052500", "074344.212500", "074345.372500", "074346.532500", "074347.692500", "074348.852500", "074350.012500", "074351.172500", "074352.332500", "074353.492500", "074354.652500", "074355.812500", "074356.972500", "074358.132500", "074359.292500", "074400.452500", "074401.612500", "074402.772500", "074403.932500", "074405.092500", "074406.252500", "074407.412500", "074408.572500", "074409.732500", "074410.892500", "074412.052500", "074413.212500", "074414.372500", "074415.532500", "074416.692500", "074417.852500", "074419.012500", "074420.175000", "074421.335000", "074422.495000", "074423.655000", "074424.815000", "074425.975000", "074427.135000", "074428.295000", "074429.455000", "074430.615000", "074431.775000", "074432.935000", "074434.095000", "074435.255000", "074436.415000", "074437.575000", "074438.735000", "074439.895000", "074441.055000", "074442.215000", "074443.375000", "074444.535000", "074445.695000", "074446.855000", "074448.015000", "074449.175000", "074450.335000", "074451.495000", "074452.655000", "074453.815000", "074454.975000", "074456.135000", "074457.295000", "074458.455000", "074459.615000", "074500.775000", "074501.935000", "074503.095000", "074504.255000", "074505.415000", "074506.575000", "074507.735000", "074508.895000", "074510.055000", "074511.215000", "074512.375000", "074513.535000", "074514.695000", "074515.855000", "074517.015000", "074518.175000", "074519.335000", "074520.495000", "074521.655000", "074522.815000", "074523.975000", "074525.135000", "074526.295000", "074527.455000", "074528.615000", "074529.775000", "074530.935000", "074532.095000", "074533.255000", "074534.415000", "074535.575000", "074536.735000", "074537.895000", "074539.055000", "074540.215000", "074541.375000", "074542.535000", "074543.695000", "074544.855000", "074546.015000", "074547.175000", "074548.335000", "074549.495000", "074550.655000", "074551.815000", "074552.975000", "074554.135000", "074555.295000", "074556.455000", "074557.615000", "074558.775000", "074559.935000", "074601.095000", "074602.255000", "074603.415000", "074604.575000", "074605.735000", "074606.895000", "074608.055000", "074609.215000", "074610.375000", "074611.535000", "074612.695000", "074613.855000", "074615.015000", "074616.175000", "074617.335000", "074618.495000", "074619.655000", "074620.815000", "074621.975000", "074623.135000", "074624.295000", "074625.455000", "074626.615000", "074627.775000", "074628.935000", "074630.095000", "074631.255000", "074632.415000", "074633.575000", "074634.735000", "074635.895000", "074637.055000", "074638.215000", "074639.375000", "074640.535000", "074641.695000", "074642.855000", "074644.015000", "074645.175000", "074646.335000", "074647.495000", "074648.655000", "074649.815000", "074650.975000", "074652.135000", "074653.295000", "074654.455000", "074655.615000", "074656.775000", "074657.935000", "074659.095000", "074700.255000", "074701.415000", "074702.575000", "074703.735000", "074704.895000", "074706.055000", "074707.215000", "074708.375000", "074709.535000", "074710.695000", "074711.855000", "074713.015000", "074714.175000", "074715.335000", "074716.495000", "074717.655000", "074718.815000", "074719.975000", "074721.135000", "074722.295000", "074723.455000", "074724.615000", "074725.775000", "074726.935000", "074728.095000", "074729.255000", "074730.415000", "074731.575000", "074732.735000", "074733.895000", "074735.055000", "074736.215000", "074737.375000", "074738.535000", "074739.695000", "074740.855000", "074742.015000", "074743.175000", "074744.335000", "074745.495000", "074746.655000", "074747.815000", "074748.975000", "074750.135000", "074751.295000", "074752.455000", "074753.615000", "074754.775000", "074755.935000", "074757.095000", "074758.255000", "074759.415000", "074800.575000", "074801.735000", "074802.895000", "074804.055000", "074805.215000", "074806.375000", "074807.535000", "074808.695000", "074809.855000", "074811.015000", "074812.175000", "074813.335000", "074814.495000", "074815.655000", "074816.815000", "074817.975000", "074819.135000", "074820.295000", "074821.455000", "074822.615000", "074823.775000", "074824.935000", "074826.095000", "074827.255000", "074828.415000", "074829.575000", "074830.735000", "074831.895000", "074833.055000", "074834.215000", "074835.375000", "074836.535000", "074837.695000", "074838.855000", "074840.015000", "074841.175000", "074842.335000", "074843.495000", "074844.655000", "074845.815000", "074846.975000", "074848.135000", "074849.295000", "074850.455000", "074851.615000", "074852.775000", "074853.935000", "074855.095000", "074856.255000", "074857.415000", "074858.575000", "074859.735000", "074900.895000", "074902.055000", "074903.215000", "074904.375000", "074905.535000", "074906.695000", "074907.855000", "074909.015000", "074910.177500", "074911.337500", "074912.497500", "074913.657500", "074914.817500", "074915.977500", "074917.137500", "074918.297500", "074919.457500", "074920.617500", "074921.777500", "074922.937500", "074924.097500", "074925.257500", "074926.417500", "074927.577500", "074928.737500", "074929.897500", "074931.057500", "074932.217500", "074933.377500", "074934.537500", "074935.697500", "074936.857500", "074938.017500", "074939.177500", "074940.337500", "074941.497500", "074942.657500", "074943.817500", "074944.977500", "074946.137500", "074947.297500", "074948.457500", "074949.617500", "074950.777500", "074951.937500", "074953.097500", "074954.257500", "074955.417500", "074956.577500", "074957.737500", "074958.897500", "075000.057500", "075001.217500", "075002.377500", "075003.537500", "075004.697500", "075005.857500", "075007.017500", "075008.177500", "075009.337500", "075010.497500", "075011.657500", "075012.817500", "075013.977500", "075015.137500", "075016.297500", "075017.457500", "075018.617500", "075019.777500", "075020.937500", "075022.097500", "075023.257500", "075024.417500", "075025.577500", "075026.737500", "075027.897500", "075029.057500", "075030.217500", "075031.377500", "075032.537500", "075033.697500", "075034.857500", "075036.017500", "075037.177500", "075038.337500", "075039.497500", "075040.657500", "075041.817500", "075042.977500", "075044.137500", "075045.297500", "075046.457500", "075047.617500", "075048.777500", "075049.937500", "075051.097500", "075052.257500", "075053.417500", "075054.577500", "075055.737500", "075056.897500", "075058.057500", "075059.217500", "075100.377500", "075101.537500", "075102.697500", "075103.857500", "075105.017500", "075106.177500", "075107.337500", "075108.497500", "075109.657500", "075110.817500", "075111.977500", "075113.137500", "075114.297500", "075115.457500", "075116.617500", "075117.777500", "075118.937500", "075120.097500", "075121.257500", "075122.417500", "075123.577500", "075124.737500", "075125.897500", "075127.057500", "075128.217500", "075129.377500", "075130.537500", "075131.697500", "075132.857500", "075134.017500", "075135.177500", "075136.337500", "075137.497500", "075138.657500", "075139.817500", "075140.977500", "075142.137500", "075143.297500", "075144.457500", "075145.617500", "075146.777500", "075147.937500", "075149.097500", "075150.257500", "075151.417500", "075152.577500", "075153.737500", "075154.897500", "075156.057500", "075157.217500", "075158.377500", "075159.537500", "075200.697500", "075201.857500", "075203.017500", "075204.177500", "075205.337500", "075206.497500", "075207.657500", "075208.817500", "075209.977500", "075211.137500", "075212.297500", "075213.457500", "075214.617500", "075215.777500", "075216.937500", "075218.097500", "075219.257500", "075220.417500", "075221.577500", "075222.737500", "075223.897500", "075225.057500", "075226.217500", "075227.377500", "075228.537500", "075229.697500", "075230.857500", "075232.017500", "075233.177500", "075234.337500", "075235.497500", "075236.657500", "075237.817500", "075238.977500", "075240.137500", "075241.297500", "075242.457500", "075243.617500", "075244.777500", "075245.937500", "075247.097500", "075248.257500", "075249.417500", "075250.577500", "075251.737500", "075252.897500", "075254.057500", "075255.217500", "075256.377500", "075257.537500", "075258.697500", "075259.857500", "075301.017500", "075302.177500", "075303.337500", "075304.497500", "075305.657500", "075306.817500", "075307.977500", "075309.137500", "075310.297500", "075311.457500", "075312.617500", "075313.777500", "075314.937500", "075316.097500", "075317.257500", "075318.417500", "075319.577500", "075320.737500", "075321.897500", "075323.057500", "075324.217500", "075325.377500"], "ContentTime": ["074336.625000", "074344.562000", "074344.562000", "074344.562000", "074344.562000", "074344.578000", "074344.578000", "074349.562000", "074349.562000", "074349.562000", "074349.578000", "074354.562000", "074354.562000", "074354.562000", "074354.562000", "074359.562000", "074359.578000", "074359.578000", "074404.562000", "074404.562000", "074404.562000", "074404.562000", "074409.562000", "074409.562000", "074409.578000", "074409.578000", "074414.562000", "074414.562000", "074414.562000", "074414.578000", "074419.562000", "074419.562000", "074419.562000", "074419.562000", "074424.562000", "074424.562000", "074424.562000", "074429.562000", "074429.562000", "074429.562000", "074429.562000", "074434.562000", "074434.562000", "074434.562000", "074439.562000", "074439.562000", "074439.562000", "074439.562000", "074444.562000", "074444.562000", "074444.562000", "074444.562000", "074449.562000", "074449.562000", "074449.562000", "074449.562000", "074454.562000", "074454.562000", "074454.562000", "074459.562000", "074459.562000", "074459.562000", "074459.562000", "074504.562000", "074504.562000", "074504.562000", "074509.562000", "074509.562000", "074509.562000", "074509.562000", "074514.562000", "074514.562000", "074514.562000", "074514.562000", "074519.562000", "074519.562000", "074519.562000", "074519.562000", "074524.562000", "074524.562000", "074524.562000", "074529.562000", "074529.562000", "074529.562000", "074529.562000", "074534.562000", "074534.562000", "074534.562000", "074534.562000", "074539.562000", "074539.562000", "074539.562000", "074539.578000", "074544.562000", "074544.562000", "074544.562000", "074549.562000", "074549.562000", "074549.562000", "074549.562000", "074554.562000", "074554.562000", "074554.562000", "074554.562000", "074559.562000", "074559.562000", "074559.562000", "074604.562000", "074604.562000", "074604.562000", "074604.562000", "074609.562000", "074609.562000", "074609.562000", "074609.562000", "074614.562000", "074614.562000", "074614.578000", "074614.578000", "074619.562000", "074619.562000", "074619.562000", "074619.562000", "074624.562000", "074624.562000", "074624.562000", "074624.562000", "074629.562000", "074629.562000", "074629.562000", "074634.562000", "074634.562000", "074634.562000", "074634.562000", "074639.562000", "074639.562000", "074639.578000", "074644.562000", "074644.562000", "074644.562000", "074644.562000", "074654.562000", "074654.562000", "074654.578000", "074654.578000", "074654.578000", "074654.578000", "074654.578000", "074659.562000", "074659.562000", "074659.562000", "074659.562000", "074704.562000", "074704.562000", "074704.562000", "074704.562000", "074709.562000", "074709.562000", "074709.562000", "074714.562000", "074714.562000", "074714.578000", "074714.578000", "074719.562000", "074719.562000", "074719.562000", "074719.562000", "074724.562000", "074724.562000", "074724.562000", "074729.562000", "074729.562000", "074729.562000", "074729.562000", "074734.562000", "074734.562000", "074734.562000", "074734.562000", "074739.562000", "074739.562000", "074739.562000", "074744.562000", "074744.562000", "074744.562000", "074744.578000", "074749.562000", "074749.562000", "074749.562000", "074754.562000", "074754.562000", "074754.562000", "074754.562000", "074759.562000", "074759.562000", "074759.562000", "074804.562000", "074804.562000", "074804.562000", "074804.562000", "074809.562000", "074809.562000", "074809.562000", "074809.562000", "074814.562000", "074814.562000", "074814.562000", "074814.593000", "074819.562000", "074819.562000", "074819.578000", "074819.578000", "074824.562000", "074824.562000", "074824.562000", "074829.562000", "074829.562000", "074829.562000", "074829.562000", "074834.562000", "074834.562000", "074834.562000", "074834.562000", "074839.562000", "074839.562000", "074839.562000", "074839.562000", "074844.562000", "074844.562000", "074844.562000", "074849.562000", "074849.562000", "074849.562000", "074849.562000", "074854.562000", "074854.562000", "074854.562000", "074859.562000", "074859.562000", "074859.562000", "074859.562000", "074859.578000", "074904.562000", "074904.562000", "074904.562000", "074909.562000", "074909.562000", "074909.562000", "074909.562000", "074914.562000", "074914.562000", "074914.562000", "074919.562000", "074919.562000", "074919.562000", "074919.562000", "074924.562000", "074924.562000", "074924.562000", "074924.562000", "074929.562000", "074929.562000", "074929.562000", "074929.562000", "074934.562000", "074934.562000", "074934.562000", "074939.562000", "074939.562000", "074939.562000", "074939.562000", "074944.562000", "074944.562000", "074944.562000", "074944.562000", "074949.562000", "074949.562000", "074949.562000", "074954.562000", "074954.562000", "074954.562000", "074954.562000", "074959.562000", "074959.562000", "074959.562000", "075004.562000", "075004.562000", "075004.562000", "075004.562000", "075009.562000", "075009.562000", "075009.562000", "075009.562000", "075014.562000", "075014.562000", "075014.562000", "075019.562000", "075019.562000", "075019.562000", "075019.562000", "075024.562000", "075024.562000", "075024.562000", "075029.562000", "075029.562000", "075029.562000", "075029.562000", "075034.562000", "075034.562000", "075034.609000", "075034.609000", "075039.562000", "075039.562000", "075039.562000", "075044.562000", "075044.562000", "075044.562000", "075049.562000", "075049.562000", "075049.562000", "075049.562000", "075054.562000", "075054.562000", "075054.562000", "075054.562000", "075059.562000", "075059.562000", "075059.578000", "075059.578000", "075104.562000", "075104.562000", "075104.562000", "075109.562000", "075109.578000", "075109.656000", "075109.656000", "075114.562000", "075114.562000", "075114.562000", "075119.562000", "075119.562000", "075119.562000", "075119.562000", "075124.562000", "075124.562000", "075124.562000", "075124.562000", "075129.562000", "075129.562000", "075129.562000", "075134.562000", "075134.562000", "075134.562000", "075134.562000", "075139.562000", "075139.562000", "075139.562000", "075139.578000", "075144.562000", "075144.562000", "075144.562000", "075149.562000", "075149.562000", "075149.562000", "075149.562000", "075154.562000", "075154.562000", "075154.562000", "075154.562000", "075159.562000", "075159.562000", "075159.562000", "075204.562000", "075204.562000", "075204.562000", "075204.562000", "075209.562000", "075209.562000", "075209.562000", "075209.562000", "075214.562000", "075214.562000", "075214.562000", "075219.562000", "075219.562000", "075219.562000", "075219.562000", "075224.562000", "075224.562000", "075224.562000", "075229.562000", "075229.562000", "075229.562000", "075229.562000", "075234.562000", "075234.562000", "075234.562000", "075239.562000", "075239.562000", "075239.562000", "075239.562000", "075244.562000", "075244.562000", "075244.562000", "075244.562000", "075249.562000", "075249.578000", "075249.578000", "075249.578000", "075254.562000", "075254.562000", "075254.562000", "075254.562000", "075259.562000", "075259.562000", "075259.578000", "075259.578000", "075304.562000", "075304.562000", "075304.562000", "075309.562000", "075309.562000", "075309.562000", "075309.562000", "075314.562000", "075314.562000", "075314.562000", "075314.562000", "075319.562000", "075319.562000", "075319.562000", "075319.562000", "075324.562000", "075324.562000", "075324.562000", "075329.562000", "075329.578000", "075329.578000", "075329.578000", "075334.562000", "075334.562000", "075334.562000", "075334.562000", "075339.562000", "075339.562000", "075339.562000", "075339.562000", "075344.562000", "075344.562000", "075344.593000", "075344.609000", "075349.562000", "075349.578000", "075349.593000", "075354.562000", "075354.562000", "075354.562000", "075354.562000", "075354.578000", "075359.562000", "075359.562000", "075359.562000", "075359.562000", "075404.562000", "075404.562000", "075404.562000", "075409.562000", "075409.562000", "075409.562000", "075409.562000", "075414.562000", "075414.562000", "075414.562000", "075414.578000", "075419.562000", "075419.562000", "075419.562000", "075419.562000", "075424.562000", "075424.562000", "075424.593000", "075424.593000", "075429.562000", "075429.562000", "075429.562000", "075429.562000", "075434.562000", "075434.562000", "075434.578000", "075434.578000", "075439.562000", "075439.562000", "075439.562000", "075439.578000", "075444.562000", "075444.562000", "075444.562000", "075444.578000", "075449.562000", "075449.562000", "075449.562000", "075449.562000", "075454.562000", "075454.562000", "075454.562000", "075454.562000", "075459.562000", "075459.562000", "075459.578000", "075459.578000", "075504.562000", "075504.562000", "075504.562000", "075509.562000", "075509.562000", "075509.562000", "075509.578000", "075510.765000", "075510.765000"], "InstanceCreationTime": ["074336.625000", "074344.562000", "074344.562000", "074344.562000", "074344.562000", "074344.578000", "074344.578000", "074349.562000", "074349.562000", "074349.562000", "074349.578000", "074354.562000", "074354.562000", "074354.562000", "074354.562000", "074359.562000", "074359.578000", "074359.578000", "074404.562000", "074404.562000", "074404.562000", "074404.562000", "074409.562000", "074409.562000", "074409.578000", "074409.578000", "074414.562000", "074414.562000", "074414.562000", "074414.578000", "074419.562000", "074419.562000", "074419.562000", "074419.562000", "074424.562000", "074424.562000", "074424.562000", "074429.562000", "074429.562000", "074429.562000", "074429.562000", "074434.562000", "074434.562000", "074434.562000", "074439.562000", "074439.562000", "074439.562000", "074439.562000", "074444.562000", "074444.562000", "074444.562000", "074444.562000", "074449.562000", "074449.562000", "074449.562000", "074449.562000", "074454.562000", "074454.562000", "074454.562000", "074459.562000", "074459.562000", "074459.562000", "074459.562000", "074504.562000", "074504.562000", "074504.562000", "074509.562000", "074509.562000", "074509.562000", "074509.562000", "074514.562000", "074514.562000", "074514.562000", "074514.562000", "074519.562000", "074519.562000", "074519.562000", "074519.562000", "074524.562000", "074524.562000", "074524.562000", "074529.562000", "074529.562000", "074529.562000", "074529.562000", "074534.562000", "074534.562000", "074534.562000", "074534.562000", "074539.562000", "074539.562000", "074539.562000", "074539.578000", "074544.562000", "074544.562000", "074544.562000", "074549.562000", "074549.562000", "074549.562000", "074549.562000", "074554.562000", "074554.562000", "074554.562000", "074554.562000", "074559.562000", "074559.562000", "074559.562000", "074604.562000", "074604.562000", "074604.562000", "074604.562000", "074609.562000", "074609.562000", "074609.562000", "074609.562000", "074614.562000", "074614.562000", "074614.578000", "074614.578000", "074619.562000", "074619.562000", "074619.562000", "074619.562000", "074624.562000", "074624.562000", "074624.562000", "074624.562000", "074629.562000", "074629.562000", "074629.562000", "074634.562000", "074634.562000", "074634.562000", "074634.562000", "074639.562000", "074639.562000", "074639.578000", "074644.562000", "074644.562000", "074644.562000", "074644.562000", "074654.562000", "074654.562000", "074654.578000", "074654.578000", "074654.578000", "074654.578000", "074654.578000", "074659.562000", "074659.562000", "074659.562000", "074659.562000", "074704.562000", "074704.562000", "074704.562000", "074704.562000", "074709.562000", "074709.562000", "074709.562000", "074714.562000", "074714.562000", "074714.578000", "074714.578000", "074719.562000", "074719.562000", "074719.562000", "074719.562000", "074724.562000", "074724.562000", "074724.562000", "074729.562000", "074729.562000", "074729.562000", "074729.562000", "074734.562000", "074734.562000", "074734.562000", "074734.562000", "074739.562000", "074739.562000", "074739.562000", "074744.562000", "074744.562000", "074744.562000", "074744.578000", "074749.562000", "074749.562000", "074749.562000", "074754.562000", "074754.562000", "074754.562000", "074754.562000", "074759.562000", "074759.562000", "074759.562000", "074804.562000", "074804.562000", "074804.562000", "074804.562000", "074809.562000", "074809.562000", "074809.562000", "074809.562000", "074814.562000", "074814.562000", "074814.562000", "074814.593000", "074819.562000", "074819.562000", "074819.578000", "074819.578000", "074824.562000", "074824.562000", "074824.562000", "074829.562000", "074829.562000", "074829.562000", "074829.562000", "074834.562000", "074834.562000", "074834.562000", "074834.562000", "074839.562000", "074839.562000", "074839.562000", "074839.562000", "074844.562000", "074844.562000", "074844.562000", "074849.562000", "074849.562000", "074849.562000", "074849.562000", "074854.562000", "074854.562000", "074854.562000", "074859.562000", "074859.562000", "074859.562000", "074859.562000", "074859.578000", "074904.562000", "074904.562000", "074904.562000", "074909.562000", "074909.562000", "074909.562000", "074909.562000", "074914.562000", "074914.562000", "074914.562000", "074919.562000", "074919.562000", "074919.562000", "074919.562000", "074924.562000", "074924.562000", "074924.562000", "074924.562000", "074929.562000", "074929.562000", "074929.562000", "074929.562000", "074934.562000", "074934.562000", "074934.562000", "074939.562000", "074939.562000", "074939.562000", "074939.562000", "074944.562000", "074944.562000", "074944.562000", "074944.562000", "074949.562000", "074949.562000", "074949.562000", "074954.562000", "074954.562000", "074954.562000", "074954.562000", "074959.562000", "074959.562000", "074959.562000", "075004.562000", "075004.562000", "075004.562000", "075004.562000", "075009.562000", "075009.562000", "075009.562000", "075009.562000", "075014.562000", "075014.562000", "075014.562000", "075019.562000", "075019.562000", "075019.562000", "075019.562000", "075024.562000", "075024.562000", "075024.562000", "075029.562000", "075029.562000", "075029.562000", "075029.562000", "075034.562000", "075034.562000", "075034.609000", "075034.609000", "075039.562000", "075039.562000", "075039.562000", "075044.562000", "075044.562000", "075044.562000", "075049.562000", "075049.562000", "075049.562000", "075049.562000", "075054.562000", "075054.562000", "075054.562000", "075054.562000", "075059.562000", "075059.562000", "075059.578000", "075059.578000", "075104.562000", "075104.562000", "075104.562000", "075109.562000", "075109.578000", "075109.656000", "075109.656000", "075114.562000", "075114.562000", "075114.562000", "075119.562000", "075119.562000", "075119.562000", "075119.562000", "075124.562000", "075124.562000", "075124.562000", "075124.562000", "075129.562000", "075129.562000", "075129.562000", "075134.562000", "075134.562000", "075134.562000", "075134.562000", "075139.562000", "075139.562000", "075139.562000", "075139.578000", "075144.562000", "075144.562000", "075144.562000", "075149.562000", "075149.562000", "075149.562000", "075149.562000", "075154.562000", "075154.562000", "075154.562000", "075154.562000", "075159.562000", "075159.562000", "075159.562000", "075204.562000", "075204.562000", "075204.562000", "075204.562000", "075209.562000", "075209.562000", "075209.562000", "075209.562000", "075214.562000", "075214.562000", "075214.562000", "075219.562000", "075219.562000", "075219.562000", "075219.562000", "075224.562000", "075224.562000", "075224.562000", "075229.562000", "075229.562000", "075229.562000", "075229.562000", "075234.562000", "075234.562000", "075234.562000", "075239.562000", "075239.562000", "075239.562000", "075239.562000", "075244.562000", "075244.562000", "075244.562000", "075244.562000", "075249.562000", "075249.578000", "075249.578000", "075249.578000", "075254.562000", "075254.562000", "075254.562000", "075254.562000", "075259.562000", "075259.562000", "075259.578000", "075259.578000", "075304.562000", "075304.562000", "075304.562000", "075309.562000", "075309.562000", "075309.562000", "075309.562000", "075314.562000", "075314.562000", "075314.562000", "075314.562000", "075319.562000", "075319.562000", "075319.562000", "075319.562000", "075324.562000", "075324.562000", "075324.562000", "075329.562000", "075329.578000", "075329.578000", "075329.578000", "075334.562000", "075334.562000", "075334.562000", "075334.562000", "075339.562000", "075339.562000", "075339.562000", "075339.562000", "075344.562000", "075344.562000", "075344.593000", "075344.609000", "075349.562000", "075349.578000", "075349.593000", "075354.562000", "075354.562000", "075354.562000", "075354.562000", "075354.578000", "075359.562000", "075359.562000", "075359.562000", "075359.562000", "075404.562000", "075404.562000", "075404.562000", "075409.562000", "075409.562000", "075409.562000", "075409.562000", "075414.562000", "075414.562000", "075414.562000", "075414.578000", "075419.562000", "075419.562000", "075419.562000", "075419.562000", "075424.562000", "075424.562000", "075424.593000", "075424.593000", "075429.562000", "075429.562000", "075429.562000", "075429.562000", "075434.562000", "075434.562000", "075434.578000", "075434.578000", "075439.562000", "075439.562000", "075439.562000", "075439.578000", "075444.562000", "075444.562000", "075444.562000", "075444.578000", "075449.562000", "075449.562000", "075449.562000", "075449.562000", "075454.562000", "075454.562000", "075454.562000", "075454.562000", "075459.562000", "075459.562000", "075459.578000", "075459.578000", "075504.562000", "075504.562000", "075504.562000", "075509.562000", "075509.562000", "075509.562000", "075509.578000", "075510.765000", "075510.765000"], "InstanceNumber": [1, 2, 3, 4, 5, 6, 7, 8, 9, 10, 11, 12, 13, 14, 15, 16, 17, 18, 19, 20, 21, 22, 23, 24, 25, 26, 27, 28, 29, 30, 31, 32, 33, 34, 35, 36, 37, 38, 39, 40, 41, 42, 43, 44, 45, 46, 47, 48, 49, 50, 51, 52, 53, 54, 55, 56, 57, 58, 59, 60, 61, 62, 63, 64, 65, 66, 67, 68, 69, 70, 71, 72, 73, 74, 75, 76, 77, 78, 79, 80, 81, 82, 83, 84, 85, 86, 87, 88, 89, 90, 91, 92, 93, 94, 95, 96, 97, 98, 99, 100, 101, 102, 103, 104, 105, 106, 107, 108, 109, 110, 111, 112, 113, 114, 115, 116, 117, 118, 119, 120, 121, 122, 123, 124, 125, 126, 127, 128, 129, 130, 131, 132, 133, 134, 135, 136, 137, 138, 139, 140, 141, 142, 143, 144, 145, 146, 147, 148, 149, 150, 151, 152, 153, 154, 155, 156, 157, 158, 159, 160, 161, 162, 163, 164, 165, 166, 167, 168, 169, 170, 171, 172, 173, 174, 175, 176, 177, 178, 179, 180, 181, 182, 183, 184, 185, 186, 187, 188, 189, 190, 191, 192, 193, 194, 195, 196, 197, 198, 199, 200, 201, 202, 203, 204, 205, 206, 207, 208, 209, 210, 211, 212, 213, 214, 215, 216, 217, 218, 219, 220, 221, 222, 223, 224, 225, 226, 227, 228, 229, 230, 231, 232, 233, 234, 235, 236, 237, 238, 239, 240, 241, 242, 243, 244, 245, 246, 247, 248, 249, 250, 251, 252, 253, 254, 255, 256, 257, 258, 259, 260, 261, 262, 263, 264, 265, 266, 267, 268, 269, 270, 271, 272, 273, 274, 275, 276, 277, 278, 279, 280, 281, 282, 283, 284, 285, 286, 287, 288, 289, 290, 291, 292, 293, 294, 295, 296, 297, 298, 299, 300, 301, 302, 303, 304, 305, 306, 307, 308, 309, 310, 311, 312, 313, 314, 315, 316, 317, 318, 319, 320, 321, 322, 323, 324, 325, 326, 327, 328, 329, 330, 331, 332, 333, 334, 335, 336, 337, 338, 339, 340, 341, 342, 343, 344, 345, 346, 347, 348, 349, 350, 351, 352, 353, 354, 355, 356, 357, 358, 359, 360, 361, 362, 363, 364, 365, 366, 367, 368, 369, 370, 371, 372, 373, 374, 375, 376, 377, 378, 379, 380, 381, 382, 383, 384, 385, 386, 387, 388, 389, 390, 391, 392, 393, 394, 395, 396, 397, 398, 399, 400, 401, 402, 403, 404, 405, 406, 407, 408, 409, 410, 411, 412, 413, 414, 415, 416, 417, 418, 419, 420, 421, 422, 423, 424, 425, 426, 427, 428, 429, 430, 431, 432, 433, 434, 435, 436, 437, 438, 439, 440, 441, 442, 443, 444, 445, 446, 447, 448, 449, 450, 451, 452, 453, 454, 455, 456, 457, 458, 459, 460, 461, 462, 463, 464, 465, 466, 467, 468, 469, 470, 471, 472, 473, 474, 475, 476, 477, 478, 479, 480, 481, 482, 483, 484, 485, 486, 487, 488, 489, 490, 491, 492, 493, 494, 495, 496, 497, 498, 499, 500, 501, 502, 503, 504, 505, 506, 507, 508, 509, 510, 511, 512, 513, 514, 515, 516, 517, 518], "LargestImagePixelValue": [24885, 26652, 27071, 24745, 27263, 28051, 26140, 26946, 26968, 25217, 24114, 26244, 25198, 25715, 24381, 26911, 26032, 25867, 23926, 24984, 26437, 25441, 24011, 24309, 26025, 24770, 26618, 23933, 23933, 25635, 26405, 26222, 26151, 23891, 24069, 25454, 27021, 26889, 26981, 27795, 26072, 26433, 26751, 29613, 25553, 27798, 28189, 28234, 24928, 24088, 26393, 26593, 26611, 27494, 24785, 23938, 25692, 26048, 27059, 27215, 24043, 24003, 25241, 26287, 26248, 25827, 25329, 25619, 26148, 26461, 26242, 25866, 25467, 26906, 27498, 27623, 28550, 25425, 27335, 28294, 25489, 23988, 26125, 25126, 23965, 23956, 24318, 24546, 25501, 24082, 24112, 24573, 24086, 25353, 26460, 26777, 27584, 25269, 24389, 24658, 25277, 26058, 24607, 23867, 25259, 25181, 24024, 24504, 27086, 28907, 24125, 23898, 23872, 23883, 25402, 26443, 25288, 23911, 26093, 24961, 24027, 24976, 25446, 23895, 25082, 25861, 23881, 24403, 26489, 23719, 24286, 26270, 25598, 24422, 26475, 26786, 26995, 26430, 26873, 26678, 27243, 23889, 24718, 25558, 27003, 23838, 26216, 26490, 26898, 27615, 26532, 24760, 24054, 24524, 27344, 26258, 26525, 24341, 23948, 24543, 25884, 27794, 28010, 24166, 23956, 24781, 27787, 27515, 25501, 27234, 25089, 24396, 25595, 26276, 26768, 27133, 26493, 26573, 23848, 25144, 25665, 24481, 23637, 24169, 23625, 24802, 25977, 25575, 24188, 24353, 24338, 27025, 23819, 23536, 23659, 23565, 23634, 24717, 23982, 24248, 24449, 26414, 28708, 27261, 25477, 25858, 27561, 30521, 29414, 25515, 25020, 27041, 30170, 25586, 24724, 26037, 26816, 27854, 28886, 27222, 25120, 25435, 26424, 27199, 29056, 25810, 23933, 23847, 24756, 27491, 23787, 23621, 23703, 26602, 25952, 23673, 25118, 25012, 23728, 23661, 23919, 25798, 26335, 23648, 23720, 26856, 25895, 23718, 23759, 25390, 29029, 27303, 23697, 24118, 26276, 27773, 26448, 23796, 24279, 26334, 31118, 26356, 25356, 31387, 29017, 24754, 25110, 26367, 29151, 24000, 25579, 29415, 30861, 23631, 26244, 31617, 30565, 23731, 26548, 28795, 25957, 25597, 26711, 28766, 30299, 26682, 25856, 30317, 32623, 29524, 24140, 25428, 26878, 27792, 23556, 23937, 24959, 27164, 28556, 23337, 24132, 27148, 27423, 23285, 24964, 30534, 24959, 25528, 30405, 23408, 23793, 25859, 29087, 24058, 29645, 28058, 23519, 24545, 28152, 27958, 23178, 23438, 27948, 23527, 26835, 32734, 27227, 23164, 24276, 23265, 25548, 24787, 23217, 26651, 28762, 23161, 25237, 29509, 29305, 24089, 25000, 29431, 24479, 27640, 31540, 24089, 28084, 29516, 25037, 29576, 30107, 22976, 24660, 27483, 23903, 27408, 29080, 23278, 24484, 27781, 23800, 23481, 24526, 23930, 26921, 25640, 24782, 25804, 23360, 24512, 29734, 24202, 24552, 27852, 25274, 24537, 29685, 23402, 26068, 28942, 26639, 23996, 27779, 26881, 24898, 30584, 25826, 25325, 30076, 26126, 26252, 29892, 24450, 29580, 27849, 22888, 24006, 26746, 22856, 28307, 23100, 27521, 27715, 25487, 22713, 25647, 26550, 22861, 24926, 27889, 24944, 22483, 24093, 26481, 26404, 24853, 25198, 30047, 26878, 25031, 23830, 23804, 25898, 26981, 23555, 22521, 25564, 26758, 26843, 22658, 25560, 27875, 24505, 23007, 24418, 28664, 23500, 26298, 28968, 25405, 23341, 24345, 27162, 23907, 25029, 28590, 26480, 24011, 24522, 27228, 28153, 23497, 25814, 28647, 23300, 22707, 29033, 25278, 22693, 22480, 26995, 26196, 23978, 24323, 27127, 26053, 24627, 26988, 29280, 24406, 27995, 29034, 25047, 27409, 29355, 25773, 24032, 25768, 24771, 23218, 26352, 24187, 23069, 25143, 23044, 22457, 27303, 22687, 22056, 25495, 23184, 22330, 27283, 23442, 27020, 23766, 23548, 22579, 24403, 24330, 23564, 22345, 27383, 24970, 22650, 23559, 26237, 24414, 22394, 23139, 26562, 27665, 26765, 24389, 23307, 24637, 26284, 27727], "WindowCenter": [9840.0, 9845.0, 9870.0, 9858.0, 9880.0, 9872.0, 9858.0, 9847.0, 9825.0, 9835.0, 9832.0, 9860.0, 9843.0, 9847.0, 9833.0, 9845.0, 9840.0, 9840.0, 9815.0, 9837.0, 9854.0, 9844.0, 9820.0, 9815.0, 9820.0, 9822.0, 9844.0, 9817.0, 9827.0, 9838.0, 9846.0, 9828.0, 9835.0, 9841.0, 9849.0, 9850.0, 9856.0, 9848.0, 9848.0, 9854.0, 9855.0, 9857.0, 9858.0, 9869.0, 9847.0, 9855.0, 9858.0, 9853.0, 9838.0, 9831.0, 9837.0, 9830.0, 9841.0, 9849.0, 9838.0, 9833.0, 9824.0, 9819.0, 9826.0, 9826.0, 9812.0, 9835.0, 9837.0, 9830.0, 9839.0, 9830.0, 9818.0, 9835.0, 9832.0, 9832.0, 9844.0, 9849.0, 9852.0, 9851.0, 9846.0, 9845.0, 9855.0, 9835.0, 9849.0, 9855.0, 9825.0, 9819.0, 9820.0, 9814.0, 9797.0, 9814.0, 9796.0, 9804.0, 9807.0, 9804.0, 9822.0, 9834.0, 9841.0, 9843.0, 9852.0, 9836.0, 9828.0, 9823.0, 9821.0, 9833.0, 9831.0, 9828.0, 9814.0, 9806.0, 9824.0, 9828.0, 9805.0, 9823.0, 9830.0, 9826.0, 9798.0, 9803.0, 9823.0, 9828.0, 9832.0, 9850.0, 9821.0, 9807.0, 9825.0, 9821.0, 9826.0, 9826.0, 9819.0, 9815.0, 9830.0, 9824.0, 9823.0, 9827.0, 9838.0, 9828.0, 9829.0, 9840.0, 9833.0, 9830.0, 9853.0, 9857.0, 9849.0, 9850.0, 9850.0, 9838.0, 9832.0, 9818.0, 9812.0, 9831.0, 9851.0, 9814.0, 9854.0, 9857.0, 9839.0, 9843.0, 9829.0, 9829.0, 9828.0, 9838.0, 9850.0, 9820.0, 9822.0, 9810.0, 9807.0, 9819.0, 9818.0, 9826.0, 9826.0, 9802.0, 9820.0, 9830.0, 9848.0, 9834.0, 9826.0, 9843.0, 9837.0, 9830.0, 9842.0, 9841.0, 9838.0, 9826.0, 9819.0, 9816.0, 9811.0, 9826.0, 9817.0, 9802.0, 9777.0, 9763.0, 9760.0, 9782.0, 9839.0, 9833.0, 9819.0, 9827.0, 9801.0, 9795.0, 9760.0, 9761.0, 9757.0, 9777.0, 9794.0, 9828.0, 9822.0, 9830.0, 9845.0, 9825.0, 9851.0, 9857.0, 9839.0, 9851.0, 9839.0, 9856.0, 9831.0, 9817.0, 9811.0, 9829.0, 9854.0, 9835.0, 9826.0, 9828.0, 9838.0, 9844.0, 9846.0, 9836.0, 9819.0, 9827.0, 9827.0, 9820.0, 9816.0, 9812.0, 9796.0, 9799.0, 9792.0, 9806.0, 9786.0, 9783.0, 9792.0, 9809.0, 9815.0, 9803.0, 9816.0, 9801.0, 9794.0, 9778.0, 9786.0, 9802.0, 9819.0, 9809.0, 9816.0, 9825.0, 9821.0, 9812.0, 9805.0, 9810.0, 9836.0, 9826.0, 9823.0, 9818.0, 9846.0, 9835.0, 9823.0, 9813.0, 9830.0, 9840.0, 9864.0, 9869.0, 9862.0, 9880.0, 9868.0, 9840.0, 9825.0, 9826.0, 9850.0, 9812.0, 9834.0, 9849.0, 9846.0, 9825.0, 9828.0, 9850.0, 9851.0, 9807.0, 9846.0, 9843.0, 9833.0, 9855.0, 9833.0, 9849.0, 9841.0, 9827.0, 9838.0, 9849.0, 9854.0, 9825.0, 9813.0, 9805.0, 9830.0, 9822.0, 9804.0, 9810.0, 9784.0, 9815.0, 9809.0, 9797.0, 9806.0, 9817.0, 9818.0, 9805.0, 9816.0, 9841.0, 9834.0, 9840.0, 9841.0, 9801.0, 9799.0, 9794.0, 9816.0, 9811.0, 9851.0, 9833.0, 9798.0, 9799.0, 9810.0, 9797.0, 9778.0, 9808.0, 9824.0, 9806.0, 9840.0, 9870.0, 9828.0, 9799.0, 9794.0, 9781.0, 9807.0, 9803.0, 9804.0, 9820.0, 9832.0, 9813.0, 9842.0, 9830.0, 9826.0, 9803.0, 9819.0, 9838.0, 9812.0, 9846.0, 9853.0, 9812.0, 9847.0, 9834.0, 9808.0, 9830.0, 9829.0, 9797.0, 9802.0, 9808.0, 9793.0, 9831.0, 9809.0, 9784.0, 9797.0, 9815.0, 9809.0, 9805.0, 9801.0, 9805.0, 9808.0, 9794.0, 9806.0, 9820.0, 9811.0, 9804.0, 9833.0, 9809.0, 9803.0, 9819.0, 9814.0, 9814.0, 9828.0, 9800.0, 9812.0, 9823.0, 9825.0, 9799.0, 9829.0, 9842.0, 9833.0, 9850.0, 9824.0, 9825.0, 9837.0, 9817.0, 9829.0, 9857.0, 9816.0, 9834.0, 9803.0, 9786.0, 9788.0, 9806.0, 9792.0, 9843.0, 9790.0, 9813.0, 9805.0, 9792.0, 9770.0, 9795.0, 9831.0, 9810.0, 9811.0, 9826.0, 9801.0, 9777.0, 9786.0, 9803.0, 9812.0, 9827.0, 9823.0, 9859.0, 9826.0, 9801.0, 9799.0, 9780.0, 9810.0, 9816.0, 9795.0, 9792.0, 9808.0, 9817.0, 9812.0, 9792.0, 9802.0, 9811.0, 9801.0, 9782.0, 9807.0, 9826.0, 9810.0, 9811.0, 9833.0, 9801.0, 9777.0, 9782.0, 9822.0, 9806.0, 9807.0, 9840.0, 9799.0, 9802.0, 9801.0, 9832.0, 9817.0, 9798.0, 9813.0, 9836.0, 9799.0, 9794.0, 9816.0, 9779.0, 9776.0, 9773.0, 9815.0, 9788.0, 9788.0, 9797.0, 9813.0, 9810.0, 9813.0, 9833.0, 9816.0, 9812.0, 9837.0, 9832.0, 9803.0, 9827.0, 9815.0, 9806.0, 9791.0, 9808.0, 9797.0, 9784.0, 9794.0, 9795.0, 9790.0, 9796.0, 9776.0, 9769.0, 9772.0, 9765.0, 9753.0, 9786.0, 9772.0, 9780.0, 9817.0, 9796.0, 9800.0, 9773.0, 9756.0, 9755.0, 9768.0, 9769.0, 9760.0, 9766.0, 9808.0, 9803.0, 9791.0, 9802.0, 9807.0, 9789.0, 9793.0, 9781.0, 9800.0, 9833.0, 9815.0, 9806.0, 9808.0, 9797.0, 9815.0, 9834.0], "WindowWidth": [20830.0, 20834.0, 20881.0, 20867.0, 20906.0, 20888.0, 20853.0, 20827.0, 20781.0, 20802.0, 20802.0, 20860.0, 20825.0, 20828.0, 20801.0, 20823.0, 20816.0, 20816.0, 20773.0, 20812.0, 20841.0, 20821.0, 20774.0, 20764.0, 20772.0, 20780.0, 20821.0, 20772.0, 20790.0, 20810.0, 20825.0, 20792.0, 20805.0, 20822.0, 20842.0, 20841.0, 20849.0, 20830.0, 20827.0, 20842.0, 20848.0, 20852.0, 20856.0, 20874.0, 20832.0, 20844.0, 20852.0, 20843.0, 20814.0, 20797.0, 20807.0, 20793.0, 20815.0, 20832.0, 20816.0, 20799.0, 20778.0, 20769.0, 20777.0, 20775.0, 20755.0, 20800.0, 20808.0, 20802.0, 20811.0, 20793.0, 20769.0, 20801.0, 20795.0, 20802.0, 20826.0, 20836.0, 20842.0, 20839.0, 20832.0, 20827.0, 20849.0, 20810.0, 20830.0, 20837.0, 20778.0, 20768.0, 20771.0, 20756.0, 20724.0, 20753.0, 20721.0, 20735.0, 20742.0, 20740.0, 20780.0, 20808.0, 20822.0, 20821.0, 20837.0, 20804.0, 20786.0, 20781.0, 20777.0, 20797.0, 20794.0, 20785.0, 20758.0, 20744.0, 20779.0, 20791.0, 20748.0, 20775.0, 20786.0, 20774.0, 20719.0, 20731.0, 20774.0, 20791.0, 20797.0, 20828.0, 20771.0, 20745.0, 20781.0, 20776.0, 20784.0, 20784.0, 20769.0, 20762.0, 20788.0, 20777.0, 20778.0, 20792.0, 20808.0, 20786.0, 20791.0, 20811.0, 20804.0, 20795.0, 20838.0, 20847.0, 20832.0, 20832.0, 20837.0, 20808.0, 20793.0, 20768.0, 20753.0, 20790.0, 20835.0, 20771.0, 20841.0, 20844.0, 20805.0, 20809.0, 20785.0, 20788.0, 20785.0, 20808.0, 20830.0, 20770.0, 20773.0, 20755.0, 20748.0, 20764.0, 20763.0, 20774.0, 20772.0, 20733.0, 20771.0, 20793.0, 20823.0, 20797.0, 20782.0, 20818.0, 20811.0, 20798.0, 20819.0, 20814.0, 20804.0, 20779.0, 20765.0, 20758.0, 20753.0, 20783.0, 20760.0, 20725.0, 20676.0, 20645.0, 20634.0, 20683.0, 20828.0, 20796.0, 20767.0, 20786.0, 20726.0, 20711.0, 20638.0, 20640.0, 20634.0, 20671.0, 20709.0, 20786.0, 20782.0, 20793.0, 20822.0, 20787.0, 20832.0, 20848.0, 20818.0, 20846.0, 20816.0, 20837.0, 20787.0, 20766.0, 20757.0, 20787.0, 20835.0, 20802.0, 20784.0, 20788.0, 20807.0, 20819.0, 20818.0, 20801.0, 20773.0, 20787.0, 20784.0, 20764.0, 20755.0, 20748.0, 20718.0, 20723.0, 20709.0, 20730.0, 20696.0, 20689.0, 20708.0, 20742.0, 20757.0, 20737.0, 20760.0, 20725.0, 20707.0, 20675.0, 20691.0, 20724.0, 20761.0, 20746.0, 20765.0, 20778.0, 20769.0, 20750.0, 20738.0, 20747.0, 20796.0, 20781.0, 20778.0, 20770.0, 20827.0, 20800.0, 20772.0, 20757.0, 20788.0, 20810.0, 20860.0, 20877.0, 20868.0, 20893.0, 20868.0, 20813.0, 20782.0, 20786.0, 20832.0, 20758.0, 20796.0, 20828.0, 20817.0, 20786.0, 20791.0, 20829.0, 20828.0, 20751.0, 20826.0, 20824.0, 20801.0, 20841.0, 20800.0, 20827.0, 20809.0, 20794.0, 20811.0, 20830.0, 20833.0, 20777.0, 20754.0, 20743.0, 20792.0, 20776.0, 20740.0, 20745.0, 20697.0, 20753.0, 20742.0, 20725.0, 20741.0, 20758.0, 20758.0, 20736.0, 20759.0, 20809.0, 20804.0, 20815.0, 20808.0, 20735.0, 20726.0, 20717.0, 20759.0, 20753.0, 20832.0, 20800.0, 20729.0, 20724.0, 20738.0, 20713.0, 20679.0, 20735.0, 20775.0, 20750.0, 20811.0, 20862.0, 20782.0, 20726.0, 20715.0, 20693.0, 20743.0, 20729.0, 20733.0, 20767.0, 20790.0, 20764.0, 20814.0, 20790.0, 20780.0, 20737.0, 20769.0, 20807.0, 20760.0, 20824.0, 20835.0, 20759.0, 20825.0, 20801.0, 20749.0, 20790.0, 20782.0, 20722.0, 20730.0, 20744.0, 20713.0, 20784.0, 20741.0, 20694.0, 20720.0, 20753.0, 20747.0, 20737.0, 20729.0, 20740.0, 20745.0, 20718.0, 20741.0, 20770.0, 20754.0, 20736.0, 20787.0, 20744.0, 20735.0, 20762.0, 20756.0, 20759.0, 20784.0, 20728.0, 20745.0, 20763.0, 20770.0, 20724.0, 20783.0, 20813.0, 20801.0, 20826.0, 20777.0, 20778.0, 20800.0, 20764.0, 20789.0, 20842.0, 20762.0, 20791.0, 20729.0, 20696.0, 20700.0, 20734.0, 20712.0, 20808.0, 20714.0, 20748.0, 20727.0, 20702.0, 20663.0, 20712.0, 20783.0, 20754.0, 20753.0, 20773.0, 20726.0, 20680.0, 20697.0, 20732.0, 20751.0, 20784.0, 20783.0, 20849.0, 20780.0, 20730.0, 20721.0, 20685.0, 20742.0, 20753.0, 20718.0, 20713.0, 20743.0, 20756.0, 20749.0, 20712.0, 20729.0, 20744.0, 20725.0, 20691.0, 20737.0, 20778.0, 20754.0, 20753.0, 20787.0, 20727.0, 20681.0, 20691.0, 20765.0, 20746.0, 20745.0, 20798.0, 20729.0, 20733.0, 20729.0, 20790.0, 20764.0, 20723.0, 20752.0, 20794.0, 20723.0, 20718.0, 20754.0, 20682.0, 20675.0, 20670.0, 20745.0, 20699.0, 20705.0, 20718.0, 20750.0, 20747.0, 20752.0, 20792.0, 20760.0, 20756.0, 20800.0, 20789.0, 20737.0, 20781.0, 20756.0, 20739.0, 20712.0, 20737.0, 20717.0, 20693.0, 20712.0, 20713.0, 20706.0, 20713.0, 20676.0, 20659.0, 20657.0, 20642.0, 20624.0, 20688.0, 20668.0, 20687.0, 20757.0, 20721.0, 20725.0, 20667.0, 20634.0, 20626.0, 20649.0, 20652.0, 20641.0, 20654.0, 20735.0, 20732.0, 20712.0, 20736.0, 20736.0, 20701.0, 20710.0, 20686.0, 20722.0, 20793.0, 20754.0, 20738.0, 20743.0, 20724.0, 20761.0, 20797.0]}, "slices": {}}}