{"AcquisitionMatrixPE": 96, "AcquisitionNumber": 1, "AcquisitionTime": "07:43:36.000000", "BandwidthPerPixelPhaseEncode": 33.602, "BaseResolution": 96, "BodyPartExamined": "BRAIN", "ConsistencyInfo": "N4_VD11D_LATEST_20110129", "ConversionSoftware": "dcm2niix", "ConversionSoftwareVersion": "v1.0.20210317", "DerivedVendorReportedEchoSpacing": 0.000620003, "DeviceSerialNumber": "45239", "DwellTime": 2.6e-06, "EchoTime": 0.03, "EchoTrainLength": 48, "EffectiveEchoSpacing": 0.000310001, "FlipAngle": 63, "ImageComments": "Unaliased MB4/PE3", "ImageOrientationPatientDICOM": [0.998459, 0.0129844, 0.0539606, 0.0184741, 0.839054, -0.543734], "ImageType": ["ORIGINAL", "PRIMARY", "M", "ND", "NORM", "MOSAIC"], "ImagingFrequency": 123.193, "InPlanePhaseEncodingDirectionDICOM": "COL", "InstitutionAddress": "E 24th St. 100,Austin,Southmiddle,US,78712", "InstitutionName": "Univ of Texas at Austin", "InstitutionalDepartmentName": "IRC", "MRAcquisitionType": "2D", "MagneticFieldStrength": 3, "Manufacturer": "Siemens", "ManufacturersModelName": "Skyra", "Modality": "MR", "MultibandAccelerationFactor": 4, "ParallelReductionFactorInPlane": 2, "PartialFourier": 1, "PatientPosition": "HFS", "PercentPhaseFOV": 100, "PercentSampling": 100, "PhaseEncodingDirection": "j-", "PhaseEncodingSteps": 96, "PhaseResolution": 1, "PixelBandwidth": 2005, "ProcedureStepDescription": "Poldrack2^self-scanning", "ProtocolName": "N-back fMRI MBEPI_matrix96_BW200", "PulseSequenceDetails": "%CustomerSeq%\\cmrr_mbep2d_bold", "ReceiveCoilActiveElements": "HEA;HEP", "ReceiveCoilName": "Head_32", "ReconMatrixPE": 96, "RefLinesPE": 94, "RepetitionTime": 1.16, "SAR": 0.104935, "ScanOptions": "FS", "ScanningSequence": "EP", "SequenceName": "epfid2d1_96", "SequenceVariant": "SK", "SeriesDescription": "N-back fMRI MBEPI_matrix96_BW200", "SeriesNumber": 13, "ShimSetting": [-2745, 7876, -15358, 350, -275, 402, 179, 8], "SliceThickness": 2, "SliceTiming": [0, 0.6125, 0.0675, 0.68, 0.135, 0.75, 0.2025, 0.8175, 0.2725, 0.885, 0.34, 0.955, 0.4075, 1.0225, 0.4775, 1.09, 0.545, 0, 0.6125, 0.0675, 0.68, 0.135, 0.75, 0.2025, 0.8175, 0.2725, 0.885, 0.34, 0.955, 0.4075, 1.0225, 0.4775, 1.09, 0.545, 0, 0.6125, 0.0675, 0.68, 0.135, 0.75, 0.2025, 0.8175, 0.2725, 0.885, 0.34, 0.955, 0.4075, 1.0225, 0.4775, 1.09, 0.545, 0, 0.6125, 0.0675, 0.68, 0.135, 0.75, 0.2025, 0.8175, 0.2725, 0.885, 0.34, 0.955, 0.4075, 1.0225, 0.4775, 1.09, 0.545], "SoftwareVersions": "syngo MR D11", "SpacingBetweenSlices": 2.4, "StationName": "AWP45239", "TaskName": "N-back task", "TotalReadoutTime": 0.0294501, "TxRefAmp": 342.459, "WipMemBlock": "b7c03e7b-7145-494c-a3ea-ec430b54911a||Sequence: VD11D r154; May 23 2012 22:27:19 by eja", "dcmmeta_affine": [[-2.3921403884887695, 0.04426080733537674, 0.12560629844665527, 110.75172424316406], [-0.03110845573246479, 2.0102343559265137, -1.305342197418213, -62.78896713256836], [0.1292806714773178, 1.302695631980896, 2.0100507736206055, -88.11449432373047], [0.0, 0.0, 0.0, 1.0]], "dcmmeta_reorient_transform": [[0.0, -1.0, 0.0, 95.0], [1.0, 0.0, 0.0, 0.0], [0.0, 0.0, 1.0, 0.0], [0.0, 0.0, 0.0, 1.0]], "dcmmeta_shape": [96, 96, 68, 380], "dcmmeta_slice_dim": 2, "dcmmeta_version": 0.6, "global": {"const": {"AcquisitionMatrix": [96, 0, 0, 96], "AngioFlag": "N", "BitsAllocated": 16, "BitsStored": 16, "BodyPartExamined": "BRAIN", "Columns": 864, "EchoNumbers": 1, "EchoTime": 30.0, "EchoTrainLength": 48, "FlipAngle": 63.0, "HighBit": 15, "ImageOrientationPatient": [0.99845864007224, 0.01298439916359, 0.05396062864206, 0.01847407747751, 0.83905436881427, -0.5437338270101], "ImagePositionPatient": [-1050.5345717155, -912.05893860697, 486.23291241069], "ImageType": ["ORIGINAL", "PRIMARY", "M", "ND", "NORM", "MOSAIC"], "ImagedNucleus": "1H", "ImagingFrequency": 123.19342, "InPlanePhaseEncodingDirection": "COL", "MRAcquisitionType": "2D", "MagneticFieldStrength": 3.0, "Manufacturer": "SIEMENS", "ManufacturerModelName": "Skyra", "Modality": "MR", "NumberOfAverages": 1.0, "NumberOfPhaseEncodingSteps": 96, "PercentPhaseFieldOfView": 100.0, "PercentSampling": 100.0, "PerformedProcedureStepStartTime": "070939.265000", "PhotometricInterpretation": "MONOCHROME2", "PixelBandwidth": 2005.0, "PixelRepresentation": 0, "PixelSpacing": [2.3958332538605, 2.3958332538605], "ProtocolName": "N-back fMRI MBEPI_matrix96_BW200", "RepetitionTime": 1160.0, "Rows": 864, "SAR": 0.10493522887339, "SamplesPerPixel": 1, "ScanOptions": "FS", "ScanningSequence": "EP", "SequenceName": "epfid2d1_96", "SequenceVariant": "SK", "SeriesDescription": "N-back fMRI MBEPI_matrix96_BW200", "SeriesNumber": 13, "SeriesTime": "074654.843000", "SliceLocation": -33.851006613988, "SliceThickness": 2.0, "SmallestImagePixelValue": 0, "SoftwareVersions": "syngo MR D11", "SpacingBetweenSlices": 2.3999999415452, "SpecificCharacterSet": "ISO_IR 100", "StudyID": "1", "StudyTime": "070938.906000", "TransmitCoilName": "Body", "VariableFlipAngleFlag": "N", "WindowCenterWidthExplanation": "Algo1", "dBdt": 0.0}, "slices": {}}, "time": {"samples": {"AcquisitionNumber": [1, 2, 3, 4, 5, 6, 7, 8, 9, 10, 11, 12, 13, 14, 15, 16, 17, 18, 19, 20, 21, 22, 23, 24, 25, 26, 27, 28, 29, 30, 31, 32, 33, 34, 35, 36, 37, 38, 39, 40, 41, 42, 43, 44, 45, 46, 47, 48, 49, 50, 51, 52, 53, 54, 55, 56, 57, 58, 59, 60, 61, 62, 63, 64, 65, 66, 67, 68, 69, 70, 71, 72, 73, 74, 75, 76, 77, 78, 79, 80, 81, 82, 83, 84, 85, 86, 87, 88, 89, 90, 91, 92, 93, 94, 95, 96, 97, 98, 99, 100, 101, 102, 103, 104, 105, 106, 107, 108, 109, 110, 111, 112, 113, 114, 115, 116, 117, 118, 119, 120, 121, 122, 123, 124, 125, 126, 127, 128, 129, 130, 131, 132, 133, 134, 135, 136, 137, 138, 139, 140, 141, 142, 143, 144, 145, 146, 147, 148, 149, 150, 151, 152, 153, 154, 155, 156, 157, 158, 159, 160, 161, 162, 163, 164, 165, 166, 167, 168, 169, 170, 171, 172, 173, 174, 175, 176, 177, 178, 179, 180, 181, 182, 183, 184, 185, 186, 187, 188, 189, 190, 191, 192, 193, 194, 195, 196, 197, 198, 199, 200, 201, 202, 203, 204, 205, 206, 207, 208, 209, 210, 211, 212, 213, 214, 215, 216, 217, 218, 219, 220, 221, 222, 223, 224, 225, 226, 227, 228, 229, 230, 231, 232, 233, 234, 235, 236, 237, 238, 239, 240, 241, 242, 243, 244, 245, 246, 247, 248, 249, 250, 251, 252, 253, 254, 255, 256, 257, 258, 259, 260, 261, 262, 263, 264, 265, 266, 267, 268, 269, 270, 271, 272, 273, 274, 275, 276, 277, 278, 279, 280, 281, 282, 283, 284, 285, 286, 287, 288, 289, 290, 291, 292, 293, 294, 295, 296, 297, 298, 299, 300, 301, 302, 303, 304, 305, 306, 307, 308, 309, 310, 311, 312, 313, 314, 315, 316, 317, 318, 319, 320, 321, 322, 323, 324, 325, 326, 327, 328, 329, 330, 331, 332, 333, 334, 335, 336, 337, 338, 339, 340, 341, 342, 343, 344, 345, 346, 347, 348, 349, 350, 351, 352, 353, 354, 355, 356, 357, 358, 359, 360, 361, 362, 363, 364, 365, 366, 367, 368, 369, 370, 371, 372, 373, 374, 375, 376, 377, 378, 379, 380], "AcquisitionTime": ["074336.000000", "074405.000000", "074406.160000", "074407.320000", "074408.480000", "074409.640000", "074410.800000", "074411.960000", "074413.120000", "074414.280000", "074415.440000", "074416.600000", "074417.760000", "074418.920000", "074420.080000", "074421.240000", "074422.400000", "074423.560000", "074424.720000", "074425.880000", "074427.040000", "074428.200000", "074429.360000", "074430.520000", "074431.680000", "074432.840000", "074434.000000", "074435.160000", "074436.320000", "074437.480000", "074438.640000", "074439.800000", "074440.960000", "074442.120000", "074443.280000", "074444.440000", "074445.600000", "074446.760000", "074447.920000", "074449.080000", "074450.240000", "074451.400000", "074452.560000", "074453.720000", "074454.880000", "074456.040000", "074457.200000", "074458.360000", "074459.520000", "074500.680000", "074501.840000", "074503.000000", "074504.160000", "074505.320000", "074506.480000", "074507.640000", "074508.800000", "074509.960000", "074511.120000", "074512.280000", "074513.440000", "074514.600000", "074515.760000", "074516.920000", "074518.080000", "074519.240000", "074520.400000", "074521.560000", "074522.720000", "074523.880000", "074525.040000", "074526.200000", "074527.360000", "074528.520000", "074529.680000", "074530.840000", "074532.000000", "074533.160000", "074534.320000", "074535.480000", "074536.640000", "074537.800000", "074538.960000", "074540.120000", "074541.280000", "074542.440000", "074543.600000", "074544.760000", "074545.920000", "074547.080000", "074548.240000", "074549.400000", "074550.560000", "074551.720000", "074552.880000", "074554.040000", "074555.200000", "074556.360000", "074557.520000", "074558.680000", "074559.840000", "074601.000000", "074602.160000", "074603.320000", "074604.480000", "074605.640000", "074606.800000", "074607.960000", "074609.120000", "074610.280000", "074611.440000", "074612.600000", "074613.760000", "074614.920000", "074616.080000", "074617.240000", "074618.400000", "074619.560000", "074620.720000", "074621.880000", "074623.040000", "074624.200000", "074625.360000", "074626.520000", "074627.680000", "074628.840000", "074630.000000", "074631.160000", "074632.320000", "074633.480000", "074634.640000", "074635.800000", "074636.960000", "074638.120000", "074639.280000", "074640.440000", "074641.600000", "074642.760000", "074643.920000", "074645.080000", "074646.240000", "074647.400000", "074648.560000", "074649.720000", "074650.880000", "074652.040000", "074653.200000", "074654.360000", "074655.520000", "074656.680000", "074657.840000", "074659.000000", "074700.160000", "074701.320000", "074702.480000", "074703.640000", "074704.800000", "074705.960000", "074707.120000", "074708.280000", "074709.440000", "074710.600000", "074711.760000", "074712.920000", "074714.080000", "074715.240000", "074716.400000", "074717.560000", "074718.720000", "074719.880000", "074721.040000", "074722.200000", "074723.360000", "074724.520000", "074725.680000", "074726.840000", "074728.000000", "074729.160000", "074730.320000", "074731.480000", "074732.640000", "074733.800000", "074734.960000", "074736.120000", "074737.280000", "074738.440000", "074739.600000", "074740.760000", "074741.920000", "074743.080000", "074744.240000", "074745.400000", "074746.560000", "074747.720000", "074748.880000", "074750.040000", "074751.200000", "074752.360000", "074753.520000", "074754.680000", "074755.840000", "074757.000000", "074758.160000", "074759.320000", "074800.480000", "074801.640000", "074802.800000", "074803.960000", "074805.120000", "074806.280000", "074807.440000", "074808.600000", "074809.760000", "074810.920000", "074812.080000", "074813.240000", "074814.400000", "074815.560000", "074816.720000", "074817.880000", "074819.040000", "074820.200000", "074821.360000", "074822.520000", "074823.680000", "074824.840000", "074826.000000", "074827.160000", "074828.320000", "074829.480000", "074830.640000", "074831.800000", "074832.960000", "074834.120000", "074835.280000", "074836.440000", "074837.600000", "074838.760000", "074839.920000", "074841.080000", "074842.240000", "074843.400000", "074844.560000", "074845.720000", "074846.880000", "074848.040000", "074849.200000", "074850.360000", "074851.520000", "074852.680000", "074853.840000", "074855.000000", "074856.160000", "074857.320000", "074858.480000", "074859.640000", "074900.800000", "074901.960000", "074903.120000", "074904.280000", "074905.440000", "074906.600000", "074907.760000", "074908.920000", "074910.080000", "074911.240000", "074912.400000", "074913.560000", "074914.720000", "074915.880000", "074917.040000", "074918.200000", "074919.360000", "074920.520000", "074921.680000", "074922.840000", "074924.000000", "074925.160000", "074926.320000", "074927.480000", "074928.640000", "074929.800000", "074930.960000", "074932.120000", "074933.280000", "074934.440000", "074935.600000", "074936.760000", "074937.920000", "074939.080000", "074940.240000", "074941.400000", "074942.560000", "074943.720000", "074944.880000", "074946.040000", "074947.200000", "074948.360000", "074949.520000", "074950.680000", "074951.840000", "074953.000000", "074954.160000", "074955.320000", "074956.480000", "074957.640000", "074958.800000", "074959.960000", "075001.120000", "075002.280000", "075003.440000", "075004.600000", "075005.760000", "075006.920000", "075008.080000", "075009.240000", "075010.400000", "075011.560000", "075012.720000", "075013.880000", "075015.040000", "075016.200000", "075017.360000", "075018.520000", "075019.680000", "075020.840000", "075022.000000", "075023.160000", "075024.320000", "075025.480000", "075026.640000", "075027.800000", "075028.960000", "075030.120000", "075031.280000", "075032.440000", "075033.600000", "075034.760000", "075035.920000", "075037.080000", "075038.240000", "075039.400000", "075040.560000", "075041.720000", "075042.880000", "075044.040000", "075045.200000", "075046.360000", "075047.520000", "075048.680000", "075049.840000", "075051.000000", "075052.160000", "075053.320000", "075054.480000", "075055.640000", "075056.800000", "075057.960000", "075059.120000", "075100.280000", "075101.440000", "075102.600000", "075103.760000", "075104.920000", "075106.080000", "075107.240000", "075108.400000", "075109.560000", "075110.720000", "075111.880000", "075113.040000", "075114.200000", "075115.360000", "075116.520000", "075117.680000", "075118.840000", "075120.000000", "075121.160000", "075122.320000", "075123.480000"], "ContentTime": ["074654.859000", "074702.406000", "074702.406000", "074702.406000", "074702.421000", "074702.421000", "074707.406000", "074707.406000", "074712.406000", "074712.406000", "074712.406000", "074717.406000", "074717.421000", "074722.406000", "074722.406000", "074722.421000", "074727.406000", "074727.406000", "074732.406000", "074732.406000", "074732.406000", "074737.406000", "074737.406000", "074742.406000", "074742.406000", "074742.406000", "074747.406000", "074747.406000", "074752.406000", "074752.406000", "074752.406000", "074757.406000", "074757.406000", "074757.406000", "074802.406000", "074802.406000", "074807.406000", "074807.406000", "074807.406000", "074812.406000", "074812.406000", "074817.406000", "074817.406000", "074817.406000", "074822.406000", "074822.406000", "074827.406000", "074827.406000", "074827.406000", "074832.406000", "074832.406000", "074837.406000", "074837.406000", "074837.406000", "074842.406000", "074842.406000", "074842.406000", "074847.406000", "074847.406000", "074852.406000", "074852.406000", "074852.421000", "074857.406000", "074857.406000", "074902.406000", "074902.406000", "074902.406000", "074907.406000", "074907.406000", "074912.406000", "074912.406000", "074912.406000", "074917.406000", "074917.406000", "074922.406000", "074922.406000", "074922.406000", "074927.406000", "074927.406000", "074927.406000", "074932.406000", "074932.406000", "074937.406000", "074937.406000", "074937.406000", "074942.406000", "074942.406000", "074947.406000", "074947.406000", "074947.406000", "074952.406000", "074952.406000", "074957.406000", "074957.406000", "074957.406000", "075002.406000", "075002.406000", "075002.406000", "075007.406000", "075007.406000", "075012.406000", "075012.406000", "075012.406000", "075017.406000", "075017.406000", "075022.406000", "075022.406000", "075022.406000", "075027.406000", "075027.406000", "075032.406000", "075032.406000", "075032.406000", "075037.406000", "075037.406000", "075042.406000", "075042.406000", "075042.406000", "075047.406000", "075047.406000", "075052.406000", "075052.406000", "075052.406000", "075057.406000", "075057.406000", "075102.406000", "075102.406000", "075102.406000", "075107.406000", "075107.406000", "075107.406000", "075112.406000", "075112.406000", "075117.406000", "075117.406000", "075117.406000", "075122.406000", "075122.406000", "075127.406000", "075127.406000", "075127.406000", "075132.406000", "075132.406000", "075137.406000", "075137.406000", "075137.406000", "075142.406000", "075142.406000", "075142.406000", "075147.406000", "075147.406000", "075147.406000", "075152.406000", "075152.406000", "075157.406000", "075157.406000", "075157.406000", "075202.406000", "075202.406000", "075202.406000", "075207.406000", "075207.406000", "075207.406000", "075212.406000", "075212.406000", "075217.406000", "075217.406000", "075217.406000", "075222.406000", "075222.406000", "075222.406000", "075227.406000", "075227.406000", "075232.406000", "075232.406000", "075232.406000", "075237.406000", "075237.406000", "075242.406000", "075242.406000", "075242.406000", "075247.406000", "075247.406000", "075247.406000", "075252.406000", "075252.406000", "075252.406000", "075257.406000", "075257.406000", "075302.406000", "075302.406000", "075302.406000", "075307.406000", "075307.406000", "075312.406000", "075312.406000", "075312.421000", "075317.406000", "075317.406000", "075317.406000", "075322.406000", "075322.406000", "075322.406000", "075327.406000", "075327.406000", "075332.406000", "075332.406000", "075332.406000", "075337.406000", "075337.406000", "075337.406000", "075342.406000", "075342.406000", "075342.406000", "075347.406000", "075347.406000", "075352.406000", "075352.406000", "075352.406000", "075357.406000", "075357.406000", "075357.406000", "075402.406000", "075402.406000", "075402.406000", "075407.406000", "075407.406000", "075412.406000", "075412.406000", "075412.406000", "075417.406000", "075417.406000", "075417.406000", "075422.406000", "075422.406000", "075422.406000", "075427.406000", "075427.406000", "075432.406000", "075432.406000", "075432.406000", "075437.406000", "075437.406000", "075437.406000", "075442.406000", "075442.406000", "075442.406000", "075447.406000", "075447.406000", "075452.406000", "075452.406000", "075452.406000", "075457.406000", "075457.406000", "075457.406000", "075502.406000", "075502.406000", "075502.406000", "075507.406000", "075507.406000", "075512.406000", "075512.406000", "075512.406000", "075517.406000", "075517.406000", "075517.406000", "075522.406000", "075522.406000", "075522.406000", "075527.406000", "075527.406000", "075527.406000", "075532.406000", "075532.406000", "075537.406000", "075537.406000", "075537.406000", "075542.406000", "075542.406000", "075542.406000", "075547.406000", "075547.406000", "075547.406000", "075552.406000", "075552.406000", "075557.406000", "075557.406000", "075557.406000", "075602.406000", "075602.406000", "075602.406000", "075607.406000", "075607.406000", "075607.406000", "075612.406000", "075612.406000", "075617.406000", "075617.406000", "075617.406000", "075622.406000", "075622.406000", "075622.406000", "075627.406000", "075627.406000", "075627.406000", "075632.406000", "075632.406000", "075632.421000", "075637.406000", "075637.406000", "075642.406000", "075642.406000", "075642.406000", "075647.406000", "075647.406000", "075647.406000", "075652.421000", "075652.421000", "075657.406000", "075657.406000", "075657.406000", "075702.406000", "075702.406000", "075702.406000", "075707.406000", "075707.406000", "075707.406000", "075717.406000", "075717.406000", "075717.406000", "075717.406000", "075717.421000", "075722.406000", "075722.406000", "075722.406000", "075727.406000", "075727.406000", "075727.406000", "075732.406000", "075732.406000", "075732.406000", "075737.406000", "075737.406000", "075742.406000", "075742.406000", "075742.406000", "075747.406000", "075747.406000", "075747.421000", "075752.406000", "075752.406000", "075752.406000", "075757.406000", "075757.406000", "075757.406000", "075802.406000", "075802.406000", "075807.406000", "075807.421000", "075807.421000", "075812.406000", "075812.406000", "075812.406000", "075817.406000", "075817.406000", "075822.406000", "075822.406000", "075822.406000", "075827.406000", "075827.406000", "075827.406000", "075832.406000", "075832.406000", "075832.406000", "075837.406000", "075837.406000", "075837.406000", "075842.406000", "075842.406000", "075842.484000"], "InstanceCreationTime": ["074654.859000", "074702.406000", "074702.406000", "074702.406000", "074702.421000", "074702.421000", "074707.406000", "074707.406000", "074712.406000", "074712.406000", "074712.406000", "074717.406000", "074717.421000", "074722.406000", "074722.406000", "074722.421000", "074727.406000", "074727.406000", "074732.406000", "074732.406000", "074732.406000", "074737.406000", "074737.406000", "074742.406000", "074742.406000", "074742.406000", "074747.406000", "074747.406000", "074752.406000", "074752.406000", "074752.406000", "074757.406000", "074757.406000", "074757.406000", "074802.406000", "074802.406000", "074807.406000", "074807.406000", "074807.406000", "074812.406000", "074812.406000", "074817.406000", "074817.406000", "074817.406000", "074822.406000", "074822.406000", "074827.406000", "074827.406000", "074827.406000", "074832.406000", "074832.406000", "074837.406000", "074837.406000", "074837.406000", "074842.406000", "074842.406000", "074842.406000", "074847.406000", "074847.406000", "074852.406000", "074852.406000", "074852.421000", "074857.406000", "074857.406000", "074902.406000", "074902.406000", "074902.406000", "074907.406000", "074907.406000", "074912.406000", "074912.406000", "074912.406000", "074917.406000", "074917.406000", "074922.406000", "074922.406000", "074922.406000", "074927.406000", "074927.406000", "074927.406000", "074932.406000", "074932.406000", "074937.406000", "074937.406000", "074937.406000", "074942.406000", "074942.406000", "074947.406000", "074947.406000", "074947.406000", "074952.406000", "074952.406000", "074957.406000", "074957.406000", "074957.406000", "075002.406000", "075002.406000", "075002.406000", "075007.406000", "075007.406000", "075012.406000", "075012.406000", "075012.406000", "075017.406000", "075017.406000", "075022.406000", "075022.406000", "075022.406000", "075027.406000", "075027.406000", "075032.406000", "075032.406000", "075032.406000", "075037.406000", "075037.406000", "075042.406000", "075042.406000", "075042.406000", "075047.406000", "075047.406000", "075052.406000", "075052.406000", "075052.406000", "075057.406000", "075057.406000", "075102.406000", "075102.406000", "075102.406000", "075107.406000", "075107.406000", "075107.406000", "075112.406000", "075112.406000", "075117.406000", "075117.406000", "075117.406000", "075122.406000", "075122.406000", "075127.406000", "075127.406000", "075127.406000", "075132.406000", "075132.406000", "075137.406000", "075137.406000", "075137.406000", "075142.406000", "075142.406000", "075142.406000", "075147.406000", "075147.406000", "075147.406000", "075152.406000", "075152.406000", "075157.406000", "075157.406000", "075157.406000", "075202.406000", "075202.406000", "075202.406000", "075207.406000", "075207.406000", "075207.406000", "075212.406000", "075212.406000", "075217.406000", "075217.406000", "075217.406000", "075222.406000", "075222.406000", "075222.406000", "075227.406000", "075227.406000", "075232.406000", "075232.406000", "075232.406000", "075237.406000", "075237.406000", "075242.406000", "075242.406000", "075242.406000", "075247.406000", "075247.406000", "075247.406000", "075252.406000", "075252.406000", "075252.406000", "075257.406000", "075257.406000", "075302.406000", "075302.406000", "075302.406000", "075307.406000", "075307.406000", "075312.406000", "075312.406000", "075312.421000", "075317.406000", "075317.406000", "075317.406000", "075322.406000", "075322.406000", "075322.406000", "075327.406000", "075327.406000", "075332.406000", "075332.406000", "075332.406000", "075337.406000", "075337.406000", "075337.406000", "075342.406000", "075342.406000", "075342.406000", "075347.406000", "075347.406000", "075352.406000", "075352.406000", "075352.406000", "075357.406000", "075357.406000", "075357.406000", "075402.406000", "075402.406000", "075402.406000", "075407.406000", "075407.406000", "075412.406000", "075412.406000", "075412.406000", "075417.406000", "075417.406000", "075417.406000", "075422.406000", "075422.406000", "075422.406000", "075427.406000", "075427.406000", "075432.406000", "075432.406000", "075432.406000", "075437.406000", "075437.406000", "075437.406000", "075442.406000", "075442.406000", "075442.406000", "075447.406000", "075447.406000", "075452.406000", "075452.406000", "075452.406000", "075457.406000", "075457.406000", "075457.406000", "075502.406000", "075502.406000", "075502.406000", "075507.406000", "075507.406000", "075512.406000", "075512.406000", "075512.406000", "075517.406000", "075517.406000", "075517.406000", "075522.406000", "075522.406000", "075522.406000", "075527.406000", "075527.406000", "075527.406000", "075532.406000", "075532.406000", "075537.406000", "075537.406000", "075537.406000", "075542.406000", "075542.406000", "075542.406000", "075547.406000", "075547.406000", "075547.406000", "075552.406000", "075552.406000", "075557.406000", "075557.406000", "075557.406000", "075602.406000", "075602.406000", "075602.406000", "075607.406000", "075607.406000", "075607.406000", "075612.406000", "075612.406000", "075617.406000", "075617.406000", "075617.406000", "075622.406000", "075622.406000", "075622.406000", "075627.406000", "075627.406000", "075627.406000", "075632.406000", "075632.406000", "075632.421000", "075637.406000", "075637.406000", "075642.406000", "075642.406000", "075642.406000", "075647.406000", "075647.406000", "075647.406000", "075652.421000", "075652.421000", "075657.406000", "075657.406000", "075657.406000", "075702.406000", "075702.406000", "075702.406000", "075707.406000", "075707.406000", "075707.406000", "075717.406000", "075717.406000", "075717.406000", "075717.406000", "075717.421000", "075722.406000", "075722.406000", "075722.406000", "075727.406000", "075727.406000", "075727.406000", "075732.406000", "075732.406000", "075732.406000", "075737.406000", "075737.406000", "075742.406000", "075742.406000", "075742.406000", "075747.406000", "075747.406000", "075747.421000", "075752.406000", "075752.406000", "075752.406000", "075757.406000", "075757.406000", "075757.406000", "075802.406000", "075802.406000", "075807.406000", "075807.421000", "075807.421000", "075812.406000", "075812.406000", "075812.406000", "075817.406000", "075817.406000", "075822.406000", "075822.406000", "075822.406000", "075827.406000", "075827.406000", "075827.406000", "075832.406000", "075832.406000", "075832.406000", "075837.406000", "075837.406000", "075837.406000", "075842.406000", "075842.406000", "075842.484000"], "InstanceNumber": [1, 2, 3, 4, 5, 6, 7, 8, 9, 10, 11, 12, 13, 14, 15, 16, 17, 18, 19, 20, 21, 22, 23, 24, 25, 26, 27, 28, 29, 30, 31, 32, 33, 34, 35, 36, 37, 38, 39, 40, 41, 42, 43, 44, 45, 46, 47, 48, 49, 50, 51, 52, 53, 54, 55, 56, 57, 58, 59, 60, 61, 62, 63, 64, 65, 66, 67, 68, 69, 70, 71, 72, 73, 74, 75, 76, 77, 78, 79, 80, 81, 82, 83, 84, 85, 86, 87, 88, 89, 90, 91, 92, 93, 94, 95, 96, 97, 98, 99, 100, 101, 102, 103, 104, 105, 106, 107, 108, 109, 110, 111, 112, 113, 114, 115, 116, 117, 118, 119, 120, 121, 122, 123, 124, 125, 126, 127, 128, 129, 130, 131, 132, 133, 134, 135, 136, 137, 138, 139, 140, 141, 142, 143, 144, 145, 146, 147, 148, 149, 150, 151, 152, 153, 154, 155, 156, 157, 158, 159, 160, 161, 162, 163, 164, 165, 166, 167, 168, 169, 170, 171, 172, 173, 174, 175, 176, 177, 178, 179, 180, 181, 182, 183, 184, 185, 186, 187, 188, 189, 190, 191, 192, 193, 194, 195, 196, 197, 198, 199, 200, 201, 202, 203, 204, 205, 206, 207, 208, 209, 210, 211, 212, 213, 214, 215, 216, 217, 218, 219, 220, 221, 222, 223, 224, 225, 226, 227, 228, 229, 230, 231, 232, 233, 234, 235, 236, 237, 238, 239, 240, 241, 242, 243, 244, 245, 246, 247, 248, 249, 250, 251, 252, 253, 254, 255, 256, 257, 258, 259, 260, 261, 262, 263, 264, 265, 266, 267, 268, 269, 270, 271, 272, 273, 274, 275, 276, 277, 278, 279, 280, 281, 282, 283, 284, 285, 286, 287, 288, 289, 290, 291, 292, 293, 294, 295, 296, 297, 298, 299, 300, 301, 302, 303, 304, 305, 306, 307, 308, 309, 310, 311, 312, 313, 314, 315, 316, 317, 318, 319, 320, 321, 322, 323, 324, 325, 326, 327, 328, 329, 330, 331, 332, 333, 334, 335, 336, 337, 338, 339, 340, 341, 342, 343, 344, 345, 346, 347, 348, 349, 350, 351, 352, 353, 354, 355, 356, 357, 358, 359, 360, 361, 362, 363, 364, 365, 366, 367, 368, 369, 370, 371, 372, 373, 374, 375, 376, 377, 378, 379, 380], "LargestImagePixelValue": [34579, 22553, 29232, 30697, 23841, 26489, 34917, 25794, 24885, 23554, 34548, 23489, 33918, 23342, 29280, 30144, 23552, 28227, 26735, 23170, 32824, 25948, 27352, 33752, 23977, 32325, 24861, 26209, 34610, 24300, 33466, 23746, 32236, 22269, 28584, 23157, 28995, 24272, 33591, 24391, 33302, 26433, 32927, 22737, 27186, 24498, 23733, 28265, 29211, 26883, 24359, 28352, 23558, 33797, 23261, 32372, 25229, 34421, 23431, 31650, 24218, 28813, 25081, 31599, 23789, 35137, 24148, 33533, 22877, 32188, 24510, 29550, 23902, 29416, 26052, 26169, 26155, 24207, 35539, 23791, 34012, 23160, 35344, 24582, 32576, 22528, 32908, 22501, 32414, 24732, 31087, 22884, 28488, 23980, 33058, 24467, 30661, 24100, 34591, 24866, 32953, 22331, 31793, 26258, 33386, 22908, 31660, 24577, 32692, 22608, 28925, 23723, 29735, 27576, 24273, 25569, 29143, 24689, 24244, 32925, 25941, 32098, 27376, 25455, 32816, 24027, 31736, 22819, 32732, 22669, 29315, 23765, 27786, 29420, 23750, 28284, 35783, 24990, 32471, 24755, 28953, 26202, 23821, 27307, 24895, 24092, 23942, 30393, 24293, 32755, 24522, 23948, 24664, 28667, 24309, 30171, 25162, 26541, 26500, 24452, 27371, 24307, 32057, 22765, 29213, 25416, 33777, 24258, 30088, 25065, 24701, 31946, 23658, 34178, 24103, 29628, 23610, 33945, 24029, 27972, 26240, 24074, 34542, 24444, 35065, 22379, 31201, 24341, 32611, 24365, 23542, 31504, 23741, 34227, 22891, 29791, 25297, 24132, 26336, 24396, 34453, 22382, 27877, 23808, 31730, 24842, 24652, 25654, 25915, 24460, 25043, 32667, 29612, 25039, 29378, 25156, 29021, 22917, 24402, 24880, 25214, 28500, 24977, 26415, 32977, 24175, 33697, 24681, 30772, 23150, 28172, 23480, 34266, 26282, 24257, 31761, 23417, 29065, 25302, 33426, 24948, 25841, 24123, 26977, 28272, 23865, 34634, 25221, 30564, 23688, 25087, 24035, 35247, 24478, 31397, 23871, 33972, 26118, 24659, 25639, 24541, 25168, 31676, 22402, 33881, 25144, 33850, 24333, 33407, 23434, 28013, 26250, 28914, 25496, 24255, 31278, 24016, 34066, 23738, 25370, 28766, 23304, 33162, 22964, 23397, 31191, 25455, 33811, 24839, 32507, 25256, 27431, 25241, 29111, 24598, 33956, 25393, 31933, 24178, 31550, 24262, 28987, 25096, 25211, 24836, 33333, 24145, 33644, 24293, 27495, 25160, 34062, 24600, 33026, 23782, 31689, 26023, 28409, 24017, 23436, 32998, 24103, 29666, 25294, 24163, 30333, 26802, 25712, 25415, 31430, 24723, 25663, 24591, 33252, 23220, 31916, 24651, 28573, 25457, 25920, 25599, 25367, 27471, 24845, 23632, 31811, 24493, 35397, 27066, 24902, 28596, 24511, 30197, 23734, 28973, 25809, 32747, 24838, 29022, 23503, 31602, 26136, 32599, 25124, 31056, 25790, 31786, 24505, 30148, 24952, 26865, 23297, 31581, 24777, 35097, 24653, 32612, 23975, 31759, 23814], "WindowCenter": [9584.0, 9531.0, 9571.0, 9572.0, 9567.0, 9574.0, 9607.0, 9585.0, 9566.0, 9537.0, 9575.0, 9518.0, 9579.0, 9529.0, 9546.0, 9557.0, 9532.0, 9582.0, 9558.0, 9555.0, 9580.0, 9559.0, 9548.0, 9588.0, 9540.0, 9590.0, 9556.0, 9544.0, 9569.0, 9527.0, 9564.0, 9543.0, 9569.0, 9537.0, 9570.0, 9560.0, 9586.0, 9565.0, 9607.0, 9573.0, 9604.0, 9559.0, 9595.0, 9554.0, 9581.0, 9568.0, 9571.0, 9583.0, 9587.0, 9585.0, 9560.0, 9584.0, 9570.0, 9603.0, 9549.0, 9606.0, 9571.0, 9614.0, 9555.0, 9587.0, 9567.0, 9592.0, 9575.0, 9581.0, 9554.0, 9595.0, 9554.0, 9597.0, 9550.0, 9601.0, 9556.0, 9575.0, 9561.0, 9596.0, 9556.0, 9593.0, 9574.0, 9554.0, 9609.0, 9561.0, 9611.0, 9547.0, 9610.0, 9546.0, 9585.0, 9546.0, 9585.0, 9555.0, 9596.0, 9564.0, 9589.0, 9543.0, 9587.0, 9555.0, 9595.0, 9562.0, 9585.0, 9580.0, 9603.0, 9577.0, 9591.0, 9550.0, 9607.0, 9571.0, 9603.0, 9553.0, 9607.0, 9567.0, 9602.0, 9567.0, 9594.0, 9564.0, 9591.0, 9589.0, 9569.0, 9584.0, 9576.0, 9576.0, 9580.0, 9621.0, 9585.0, 9611.0, 9576.0, 9573.0, 9609.0, 9547.0, 9571.0, 9533.0, 9594.0, 9537.0, 9581.0, 9579.0, 9586.0, 9593.0, 9553.0, 9593.0, 9602.0, 9546.0, 9595.0, 9558.0, 9580.0, 9562.0, 9555.0, 9583.0, 9570.0, 9567.0, 9576.0, 9599.0, 9567.0, 9608.0, 9576.0, 9569.0, 9586.0, 9597.0, 9573.0, 9605.0, 9571.0, 9575.0, 9567.0, 9557.0, 9570.0, 9564.0, 9587.0, 9555.0, 9604.0, 9580.0, 9602.0, 9562.0, 9589.0, 9569.0, 9581.0, 9624.0, 9573.0, 9627.0, 9579.0, 9588.0, 9560.0, 9609.0, 9567.0, 9584.0, 9593.0, 9585.0, 9627.0, 9578.0, 9615.0, 9554.0, 9618.0, 9580.0, 9601.0, 9579.0, 9581.0, 9615.0, 9579.0, 9613.0, 9570.0, 9605.0, 9582.0, 9573.0, 9601.0, 9576.0, 9623.0, 9557.0, 9607.0, 9570.0, 9609.0, 9580.0, 9588.0, 9594.0, 9589.0, 9592.0, 9598.0, 9628.0, 9600.0, 9580.0, 9596.0, 9572.0, 9587.0, 9563.0, 9595.0, 9590.0, 9603.0, 9600.0, 9595.0, 9593.0, 9623.0, 9571.0, 9620.0, 9579.0, 9601.0, 9567.0, 9607.0, 9596.0, 9633.0, 9597.0, 9596.0, 9615.0, 9560.0, 9598.0, 9588.0, 9617.0, 9587.0, 9591.0, 9585.0, 9617.0, 9602.0, 9594.0, 9636.0, 9595.0, 9622.0, 9609.0, 9599.0, 9595.0, 9657.0, 9602.0, 9626.0, 9573.0, 9628.0, 9584.0, 9581.0, 9584.0, 9587.0, 9595.0, 9618.0, 9585.0, 9635.0, 9585.0, 9626.0, 9587.0, 9616.0, 9589.0, 9595.0, 9602.0, 9600.0, 9581.0, 9580.0, 9624.0, 9587.0, 9623.0, 9582.0, 9601.0, 9616.0, 9591.0, 9641.0, 9595.0, 9602.0, 9629.0, 9621.0, 9652.0, 9580.0, 9626.0, 9600.0, 9588.0, 9586.0, 9618.0, 9611.0, 9637.0, 9602.0, 9622.0, 9585.0, 9624.0, 9580.0, 9613.0, 9596.0, 9605.0, 9607.0, 9641.0, 9615.0, 9652.0, 9600.0, 9629.0, 9617.0, 9653.0, 9599.0, 9647.0, 9603.0, 9623.0, 9609.0, 9620.0, 9597.0, 9600.0, 9642.0, 9616.0, 9641.0, 9627.0, 9618.0, 9656.0, 9606.0, 9605.0, 9601.0, 9638.0, 9610.0, 9618.0, 9608.0, 9637.0, 9600.0, 9633.0, 9606.0, 9602.0, 9589.0, 9604.0, 9597.0, 9581.0, 9605.0, 9666.0, 9645.0, 9685.0, 9624.0, 9657.0, 9595.0, 9574.0, 9611.0, 9589.0, 9619.0, 9594.0, 9621.0, 9608.0, 9641.0, 9607.0, 9633.0, 9608.0, 9648.0, 9617.0, 9648.0, 9614.0, 9638.0, 9613.0, 9637.0, 9617.0, 9634.0, 9599.0, 9615.0, 9599.0, 9638.0, 9609.0, 9646.0, 9603.0, 9630.0, 9599.0, 9639.0, 9605.0], "WindowWidth": [20267.0, 20167.0, 20240.0, 20242.0, 20237.0, 20251.0, 20320.0, 20282.0, 20239.0, 20179.0, 20246.0, 20135.0, 20245.0, 20157.0, 20187.0, 20205.0, 20167.0, 20262.0, 20221.0, 20214.0, 20256.0, 20224.0, 20196.0, 20270.0, 20187.0, 20274.0, 20217.0, 20184.0, 20229.0, 20154.0, 20216.0, 20185.0, 20231.0, 20179.0, 20240.0, 20225.0, 20279.0, 20244.0, 20313.0, 20253.0, 20307.0, 20227.0, 20290.0, 20220.0, 20267.0, 20250.0, 20252.0, 20274.0, 20282.0, 20277.0, 20225.0, 20271.0, 20251.0, 20305.0, 20204.0, 20312.0, 20249.0, 20327.0, 20218.0, 20271.0, 20241.0, 20288.0, 20260.0, 20262.0, 20214.0, 20287.0, 20213.0, 20288.0, 20208.0, 20302.0, 20220.0, 20251.0, 20234.0, 20296.0, 20222.0, 20291.0, 20259.0, 20217.0, 20316.0, 20231.0, 20323.0, 20204.0, 20316.0, 20198.0, 20270.0, 20200.0, 20272.0, 20224.0, 20293.0, 20239.0, 20279.0, 20195.0, 20277.0, 20220.0, 20293.0, 20234.0, 20273.0, 20270.0, 20307.0, 20263.0, 20285.0, 20210.0, 20318.0, 20250.0, 20307.0, 20211.0, 20315.0, 20246.0, 20306.0, 20241.0, 20291.0, 20240.0, 20287.0, 20283.0, 20247.0, 20276.0, 20261.0, 20268.0, 20274.0, 20349.0, 20285.0, 20327.0, 20263.0, 20254.0, 20320.0, 20205.0, 20239.0, 20169.0, 20284.0, 20182.0, 20266.0, 20270.0, 20283.0, 20293.0, 20217.0, 20288.0, 20306.0, 20202.0, 20287.0, 20220.0, 20265.0, 20231.0, 20216.0, 20273.0, 20250.0, 20241.0, 20264.0, 20302.0, 20243.0, 20320.0, 20261.0, 20251.0, 20287.0, 20303.0, 20258.0, 20315.0, 20254.0, 20253.0, 20236.0, 20219.0, 20240.0, 20236.0, 20276.0, 20219.0, 20313.0, 20270.0, 20308.0, 20238.0, 20284.0, 20249.0, 20273.0, 20353.0, 20260.0, 20362.0, 20269.0, 20282.0, 20234.0, 20320.0, 20247.0, 20276.0, 20295.0, 20283.0, 20359.0, 20271.0, 20336.0, 20224.0, 20340.0, 20273.0, 20306.0, 20272.0, 20270.0, 20336.0, 20272.0, 20333.0, 20258.0, 20319.0, 20274.0, 20259.0, 20308.0, 20267.0, 20351.0, 20230.0, 20324.0, 20258.0, 20327.0, 20271.0, 20288.0, 20303.0, 20293.0, 20305.0, 20310.0, 20361.0, 20313.0, 20272.0, 20299.0, 20261.0, 20283.0, 20243.0, 20307.0, 20299.0, 20326.0, 20316.0, 20305.0, 20298.0, 20349.0, 20251.0, 20341.0, 20268.0, 20312.0, 20248.0, 20328.0, 20314.0, 20376.0, 20310.0, 20308.0, 20343.0, 20237.0, 20305.0, 20291.0, 20340.0, 20291.0, 20294.0, 20286.0, 20352.0, 20323.0, 20305.0, 20382.0, 20310.0, 20356.0, 20337.0, 20321.0, 20313.0, 20425.0, 20323.0, 20366.0, 20265.0, 20360.0, 20282.0, 20275.0, 20281.0, 20288.0, 20307.0, 20348.0, 20287.0, 20378.0, 20286.0, 20357.0, 20289.0, 20339.0, 20294.0, 20302.0, 20319.0, 20312.0, 20274.0, 20272.0, 20355.0, 20286.0, 20352.0, 20282.0, 20312.0, 20338.0, 20298.0, 20387.0, 20308.0, 20324.0, 20372.0, 20361.0, 20414.0, 20280.0, 20359.0, 20318.0, 20288.0, 20283.0, 20349.0, 20337.0, 20382.0, 20318.0, 20354.0, 20281.0, 20353.0, 20276.0, 20333.0, 20306.0, 20328.0, 20333.0, 20394.0, 20347.0, 20413.0, 20318.0, 20372.0, 20353.0, 20414.0, 20318.0, 20406.0, 20327.0, 20360.0, 20341.0, 20353.0, 20314.0, 20321.0, 20397.0, 20351.0, 20399.0, 20375.0, 20359.0, 20426.0, 20332.0, 20326.0, 20322.0, 20391.0, 20339.0, 20358.0, 20337.0, 20387.0, 20318.0, 20376.0, 20331.0, 20316.0, 20291.0, 20320.0, 20306.0, 20274.0, 20325.0, 20475.0, 20424.0, 20492.0, 20374.0, 20424.0, 20301.0, 20261.0, 20328.0, 20287.0, 20345.0, 20297.0, 20354.0, 20332.0, 20389.0, 20332.0, 20381.0, 20336.0, 20413.0, 20355.0, 20409.0, 20347.0, 20390.0, 20342.0, 20385.0, 20351.0, 20376.0, 20313.0, 20347.0, 20315.0, 20391.0, 20338.0, 20405.0, 20324.0, 20375.0, 20321.0, 20387.0, 20326.0]}, "slices": {}}}