{"AcquisitionMatrixPE": 96, "AcquisitionNumber": 1, "AcquisitionTime": "07:21:31.822500", "BandwidthPerPixelPhaseEncode": 33.602, "BaseResolution": 96, "BodyPartExamined": "BRAIN", "ConsistencyInfo": "N4_VD11D_LATEST_20110129", "ConversionSoftware": "dcm2niix", "ConversionSoftwareVersion": "v1.0.20210317", "DerivedVendorReportedEchoSpacing": 0.000620003, "DeviceSerialNumber": "45239", "DwellTime": 2.6e-06, "EchoTime": 0.036, "EchoTrainLength": 48, "EffectiveEchoSpacing": 0.000310001, "FlipAngle": 90, "ImageOrientationPatientDICOM": [0.999783, -0.0183968, 0.00982298, 0.0208551, 0.881935, -0.470909], "ImageType": ["ORIGINAL", "PRIMARY", "M", "ND", "NORM", "MOSAIC"], "ImagingFrequency": 123.193, "InPlanePhaseEncodingDirectionDICOM": "COL", "InstitutionAddress": "E 24th St. 100,Austin,Southmiddle,US,78712", "InstitutionName": "Univ of Texas at Austin", "InstitutionalDepartmentName": "IRC", "MRAcquisitionType": "2D", "MagneticFieldStrength": 3, "Manufacturer": "Siemens", "ManufacturersModelName": "Skyra", "Modality": "MR", "ParallelReductionFactorInPlane": 2, "PartialFourier": 1, "PatientPosition": "HFS", "PercentPhaseFOV": 100, "PercentSampling": 100, "PhaseEncodingDirection": "j-", "PhaseEncodingSteps": 96, "PhaseResolution": 1, "PixelBandwidth": 2005, "ProcedureStepDescription": "Poldrack2^self-scanning", "ProtocolName": "MB-SE_FieldMap_A-P", "PulseSequenceDetails": "%CustomerSeq%\\cmrr_mbep2d_se", "ReceiveCoilActiveElements": "HEA;HEP", "ReceiveCoilName": "Head_32", "ReconMatrixPE": 96, "RefLinesPE": 48, "RepetitionTime": 4.55, "SAR": 0.332633, "ScanOptions": "FS", "ScanningSequence": "EP", "SequenceName": "epse2d1_96", "SequenceVariant": "SK", "SeriesDescription": "MB-SE_FieldMap_A-P", "SeriesNumber": 6, "ShimSetting": [-2763, 8039, -15462, 242, -193, 152, 231, -83], "SliceThickness": 2, "SliceTiming": [2.275, 0, 2.3425, 0.0675, 2.41, 0.135, 2.475, 0.2025, 2.5425, 0.2675, 2.61, 0.335, 2.6775, 0.4025, 2.745, 0.47, 2.81, 0.535, 2.8775, 0.6025, 2.945, 0.67, 3.0125, 0.7375, 3.0775, 0.8025, 3.145, 0.87, 3.2125, 0.9375, 3.28, 1.005, 3.345, 1.0725, 3.4125, 1.1375, 3.48, 1.205, 3.5475, 1.2725, 3.6125, 1.34, 3.68, 1.405, 3.7475, 1.4725, 3.815, 1.54, 3.88, 1.6075, 3.9475, 1.6725, 4.015, 1.74, 4.0825, 1.8075, 4.1475, 1.875, 4.215, 1.94, 4.2825, 2.0075, 4.35, 2.075, 4.4175, 2.1425, 4.4825, 2.2075], "SoftwareVersions": "syngo MR D11", "SpacingBetweenSlices": 2.4, "StationName": "AWP45239", "TotalReadoutTime": 0.0294501, "TxRefAmp": 329.068, "WipMemBlock": "d40a0891-1555-4dd1-b98f-065c8b5c074f||Sequence: VD11D r196; Dec  8 2012 22:11:06 by IDEA", "dcmmeta_affine": [[-2.3953120708465576, 0.049965228885412216, 3.0449471832838526e-09, 115.75189971923828], [0.04407566785812378, 2.112969160079956, -1.1304285526275635, -77.32862854003906], [0.023534217849373817, 1.128220558166504, 2.1171045303344727, -102.34929656982422], [0.0, 0.0, 0.0, 1.0]], "dcmmeta_reorient_transform": [[0.0, -1.0, 0.0, 95.0], [1.0, 0.0, 0.0, 0.0], [0.0, 0.0, 1.0, 0.0], [0.0, 0.0, 0.0, 1.0]], "dcmmeta_shape": [96, 96, 68, 5], "dcmmeta_slice_dim": 2, "dcmmeta_version": 0.6, "global": {"const": {"AcquisitionMatrix": [96, 0, 0, 96], "AngioFlag": "N", "BitsAllocated": 16, "BitsStored": 16, "BodyPartExamined": "BRAIN", "Columns": 864, "EchoNumbers": 1, "EchoTime": 36.0, "EchoTrainLength": 48, "FlipAngle": 90.0, "HighBit": 15, "ImageOrientationPatient": [0.99978250975091, -0.0183968010518, 0.00982297853127, 0.02085505205381, 0.88193500918265, -0.4709094460529], "ImagePositionPatient": [-1059.485118231, -917.85856957064, 429.03119115896], "ImageType": ["ORIGINAL", "PRIMARY", "M", "ND", "NORM", "MOSAIC"], "ImagedNucleus": "1H", "ImagingFrequency": 123.193339, "InPlanePhaseEncodingDirection": "COL", "MRAcquisitionType": "2D", "MagneticFieldStrength": 3.0, "Manufacturer": "SIEMENS", "ManufacturerModelName": "Skyra", "Modality": "MR", "NumberOfAverages": 1.0, "NumberOfPhaseEncodingSteps": 96, "PercentPhaseFieldOfView": 100.0, "PercentSampling": 100.0, "PerformedProcedureStepStartTime": "070745.093000", "PhotometricInterpretation": "MONOCHROME2", "PixelBandwidth": 2005.0, "PixelRepresentation": 0, "PixelSpacing": [2.3958332538605, 2.3958332538605], "ProtocolName": "MB-SE_FieldMap_A-P", "RepetitionTime": 4550.0, "Rows": 864, "SAR": 0.33263332492769, "SamplesPerPixel": 1, "ScanOptions": "FS", "ScanningSequence": "EP", "SequenceName": "epse2d1_96", "SequenceVariant": "SK", "SeriesDescription": "MB-SE_FieldMap_A-P", "SeriesNumber": 6, "SeriesTime": "072152.640000", "SliceLocation": -53.862356257138, "SliceThickness": 2.0, "SmallestImagePixelValue": 0, "SoftwareVersions": "syngo MR D11", "SpacingBetweenSlices": 2.3999999437943, "SpecificCharacterSet": "ISO_IR 100", "StudyID": "1", "StudyTime": "070745.062000", "TransmitCoilName": "Body", "VariableFlipAngleFlag": "N", "WindowCenterWidthExplanation": "Algo1", "dBdt": 0.0}, "slices": {}}, "time": {"samples": {"AcquisitionNumber": [1, 2, 3, 4, 5], "AcquisitionTime": ["072131.822500", "072136.372500", "072140.922500", "072145.472500", "072150.022500"], "ContentTime": ["072152.640000", "072152.656000", "072152.656000", "072152.656000", "072152.656000"], "InstanceCreationTime": ["072152.640000", "072152.656000", "072152.656000", "072152.656000", "072152.656000"], "InstanceNumber": [1, 2, 3, 4, 5], "LargestImagePixelValue": [41478, 43254, 42416, 42186, 42409], "WindowCenter": [7137.0, 7149.0, 7143.0, 7146.0, 7155.0], "WindowWidth": [15199.0, 15223.0, 15226.0, 15226.0, 15244.0]}, "slices": {}}}