{"AcquisitionMatrixPE": 128, "AcquisitionNumber": 1, "AcquisitionTime": "07:45:22.990000", "BandwidthPerPixelPhaseEncode": 20.292, "BaseResolution": 128, "BodyPartExamined": "BRAIN", "ConsistencyInfo": "N4_VD11D_LATEST_20110129", "ConversionSoftware": "dcm2niix", "ConversionSoftwareVersion": "v1.0.20210317", "DerivedVendorReportedEchoSpacing": 0.000770008, "DeviceSerialNumber": "45239", "DiffusionScheme": "Monopolar", "DwellTime": 2.4e-06, "EchoTime": 0.092, "EchoTrainLength": 51, "EffectiveEchoSpacing": 0.000385004, "FlipAngle": 90, "ImageComments": "Unaliased MB3/PE3", "ImageOrientationPatientDICOM": [1, -1e-16, 0, 1e-16, 1, 0], "ImageType": ["ORIGINAL", "PRIMARY", "DIFFUSION", "NONE", "ND", "NORM", "MOSAIC"], "ImagingFrequency": 123.193, "InPlanePhaseEncodingDirectionDICOM": "ROW", "InstitutionAddress": "E 24th St. 100,Austin,Southmiddle,US,78712", "InstitutionName": "Univ of Texas at Austin", "InstitutionalDepartmentName": "IRC", "MRAcquisitionType": "2D", "MagneticFieldStrength": 3, "Manufacturer": "Siemens", "ManufacturersModelName": "Skyra", "Modality": "MR", "MultibandAccelerationFactor": 3, "ParallelReductionFactorInPlane": 2, "PartialFourier": 0.75, "PatientPosition": "HFS", "PercentPhaseFOV": 100, "PercentSampling": 100, "PhaseEncodingDirection": "i-", "PhaseEncodingSteps": 102, "PhaseResolution": 1, "PixelBandwidth": 1630, "ProcedureStepDescription": "Poldrack2^self-scanning", "ProtocolName": "MBEPI with MDDW L-R", "PulseSequenceDetails": "%CustomerSeq%\\cmrr_mbep2d_diff", "ReceiveCoilActiveElements": "HEA;HEP", "ReceiveCoilName": "Head_32", "ReconMatrixPE": 128, "RefLinesPE": 76, "RepetitionTime": 5, "SAR": 0.151245, "ScanOptions": "PFP\\FS", "ScanningSequence": "EP", "SequenceName": "ep_b5#1", "SequenceVariant": "SK", "SeriesDescription": "MBEPI with MDDW L-R", "SeriesNumber": 16, "ShimSetting": [-2791, 8037, -15465, 87, -219, -11, 233, -116], "SliceThickness": 1.7, "SliceTiming": [0, 3.655, 2.3075, 0.9625, 4.615, 3.27, 1.9225, 0.5775, 4.23, 2.885, 1.54, 0.1925, 3.8475, 2.5, 1.155, 4.8075, 3.4625, 2.115, 0.77, 4.4225, 3.0775, 1.7325, 0.385, 4.04, 2.6925, 1.3475, 0, 3.655, 2.3075, 0.9625, 4.615, 3.27, 1.9225, 0.5775, 4.23, 2.885, 1.54, 0.1925, 3.8475, 2.5, 1.155, 4.8075, 3.4625, 2.115, 0.77, 4.4225, 3.0775, 1.7325, 0.385, 4.04, 2.6925, 1.3475, 0, 3.655, 2.3075, 0.9625, 4.615, 3.27, 1.9225, 0.5775, 4.23, 2.885, 1.54, 0.1925, 3.8475, 2.5, 1.155, 4.8075, 3.4625, 2.115, 0.77, 4.4225, 3.0775, 1.7325, 0.385, 4.04, 2.6925, 1.3475], "SoftwareVersions": "syngo MR D11", "SpacingBetweenSlices": 1.7, "StationName": "AWP45239", "TotalReadoutTime": 0.0488955, "TxRefAmp": 350.536, "WipMemBlock": "c213f777-98b8-4f05-8dfa-13655dbe212d||Sequence: VD11D r154; May 23 2012 22:28:10 by eja", "dcmmeta_affine": [[-1.7421875, 1.7421875567777916e-16, 0.0, 111.5], [1.7421875567777916e-16, 1.7421875, 0.0, -114.60042572021484], [0.0, 0.0, 1.6999999284744263, -10.365254402160645], [0.0, 0.0, 0.0, 1.0]], "dcmmeta_reorient_transform": [[0.0, -1.0, 0.0, 127.0], [1.0, 0.0, 0.0, 0.0], [0.0, 0.0, 1.0, 0.0], [0.0, 0.0, 0.0, 1.0]], "dcmmeta_shape": [128, 128, 78, 64], "dcmmeta_slice_dim": 2, "dcmmeta_version": 0.6, "global": {"const": {"AcquisitionMatrix": [0, 128, 128, 0], "AngioFlag": "N", "BitsAllocated": 16, "BitsStored": 16, "BodyPartExamined": "BRAIN", "Columns": 1152, "EchoNumbers": 1, "EchoTime": 92.0, "EchoTrainLength": 51, "FlipAngle": 90.0, "HighBit": 15, "ImageOrientationPatient": [1.0, -1e-16, 0.0, 1e-16, 1.0, 0.0], "ImagePositionPatient": [-1003.5, -998.65738487244, -10.365254402161], "ImageType": ["ORIGINAL", "PRIMARY", "DIFFUSION", "NONE", "ND", "NORM", "MOSAIC"], "ImagedNucleus": "1H", "ImagingFrequency": 123.193371, "InPlanePhaseEncodingDirection": "ROW", "MRAcquisitionType": "2D", "MagneticFieldStrength": 3.0, "Manufacturer": "SIEMENS", "ManufacturerModelName": "Skyra", "Modality": "MR", "NumberOfAverages": 1.0, "NumberOfPhaseEncodingSteps": 102, "PercentPhaseFieldOfView": 100.0, "PercentSampling": 100.0, "PerformedProcedureStepStartTime": "070547.000000", "PhotometricInterpretation": "MONOCHROME2", "PixelBandwidth": 1630.0, "PixelRepresentation": 0, "PixelSpacing": [1.7421875, 1.7421875], "ProtocolName": "MBEPI with MDDW L-R", "RepetitionTime": 5000.0, "Rows": 1152, "SAR": 0.15124525353266, "SamplesPerPixel": 1, "ScanOptions": ["PFP", "FS"], "ScanningSequence": "EP", "SequenceVariant": "SK", "SeriesDescription": "MBEPI with MDDW L-R", "SeriesNumber": 16, "SeriesTime": "074658.500000", "SliceLocation": -10.365254402161, "SliceThickness": 1.7000000476837, "SmallestImagePixelValue": 0, "SoftwareVersions": "syngo MR D11", "SpacingBetweenSlices": 1.6999999826605, "SpecificCharacterSet": "ISO_IR 100", "StudyID": "1", "StudyTime": "070546.953000", "TransmitCoilName": "Body", "VariableFlipAngleFlag": "N", "WindowCenterWidthExplanation": "Algo1", "dBdt": 0.0}, "slices": {}}, "time": {"samples": {"AcquisitionNumber": [1, 2, 3, 4, 5, 6, 7, 8, 9, 10, 11, 12, 13, 14, 15, 16, 17, 18, 19, 20, 21, 22, 23, 24, 25, 26, 27, 28, 29, 30, 31, 32, 33, 34, 35, 36, 37, 38, 39, 40, 41, 42, 43, 44, 45, 46, 47, 48, 49, 50, 51, 52, 53, 54, 55, 56, 57, 58, 59, 60, 61, 62, 63, 64], "AcquisitionTime": ["074522.990000", "074652.990000", "074657.990000", "074702.990000", "074707.990000", "074712.990000", "074717.990000", "074722.990000", "074727.990000", "074732.990000", "074737.990000", "074742.990000", "074747.990000", "074752.990000", "074757.990000", "074802.990000", "074807.990000", "074812.990000", "074817.990000", "074822.990000", "074827.990000", "074832.990000", "074837.990000", "074842.990000", "074847.990000", "074852.990000", "074857.990000", "074902.990000", "074907.990000", "074912.990000", "074917.990000", "074922.990000", "074927.990000", "074932.990000", "074937.990000", "074942.990000", "074947.990000", "074952.990000", "074957.990000", "075002.990000", "075007.990000", "075012.990000", "075017.990000", "075022.990000", "075027.990000", "075032.990000", "075037.990000", "075042.990000", "075047.990000", "075052.990000", "075057.990000", "075102.990000", "075107.990000", "075112.990000", "075117.990000", "075122.990000", "075127.990000", "075132.990000", "075137.990000", "075142.990000", "075147.990000", "075152.990000", "075157.990000", "075202.990000"], "ContentTime": ["074658.500000", "074704.093000", "074709.093000", "074709.093000", "074714.093000", "074719.093000", "074724.093000", "074729.093000", "074734.093000", "074739.093000", "074744.093000", "074749.093000", "074754.093000", "074759.093000", "074804.093000", "074809.093000", "074814.093000", "074819.093000", "074824.093000", "074829.093000", "074834.093000", "074839.093000", "074844.093000", "074849.093000", "074854.093000", "074859.093000", "074904.093000", "074909.093000", "074914.093000", "074919.093000", "074924.093000", "074929.093000", "074934.093000", "074939.093000", "074944.093000", "074949.093000", "074954.093000", "074959.093000", "075004.093000", "075009.093000", "075014.093000", "075019.093000", "075024.093000", "075029.093000", "075034.093000", "075039.093000", "075044.093000", "075049.093000", "075054.093000", "075059.093000", "075104.093000", "075109.093000", "075114.093000", "075119.093000", "075124.093000", "075129.093000", "075134.093000", "075139.093000", "075144.093000", "075149.093000", "075154.093000", "075159.093000", "075204.093000", "075208.906000"], "InstanceCreationTime": ["074658.500000", "074704.093000", "074709.093000", "074709.093000", "074714.093000", "074719.093000", "074724.093000", "074729.093000", "074734.093000", "074739.093000", "074744.093000", "074749.093000", "074754.093000", "074759.093000", "074804.093000", "074809.093000", "074814.093000", "074819.093000", "074824.093000", "074829.093000", "074834.093000", "074839.093000", "074844.093000", "074849.093000", "074854.093000", "074859.093000", "074904.093000", "074909.093000", "074914.093000", "074919.093000", "074924.093000", "074929.093000", "074934.093000", "074939.093000", "074944.093000", "074949.093000", "074954.093000", "074959.093000", "075004.093000", "075009.093000", "075014.093000", "075019.093000", "075024.093000", "075029.093000", "075034.093000", "075039.093000", "075044.093000", "075049.093000", "075054.093000", "075059.093000", "075104.093000", "075109.093000", "075114.093000", "075119.093000", "075124.093000", "075129.093000", "075134.093000", "075139.093000", "075144.093000", "075149.093000", "075154.093000", "075159.093000", "075204.093000", "075208.906000"], "InstanceNumber": [1, 2, 3, 4, 5, 6, 7, 8, 9, 10, 11, 12, 13, 14, 15, 16, 17, 18, 19, 20, 21, 22, 23, 24, 25, 26, 27, 28, 29, 30, 31, 32, 33, 34, 35, 36, 37, 38, 39, 40, 41, 42, 43, 44, 45, 46, 47, 48, 49, 50, 51, 52, 53, 54, 55, 56, 57, 58, 59, 60, 61, 62, 63, 64], "LargestImagePixelValue": [65535, 27644, 27697, 26838, 26765, 24351, 25459, 26394, 27113, 26681, 24428, 23444, 26631, 25113, 28685, 27647, 65535, 25255, 21624, 27805, 28344, 27681, 29666, 24364, 23301, 24600, 26126, 28069, 25436, 25901, 29004, 27585, 65535, 14176, 13839, 16436, 12407, 12091, 12871, 13265, 14609, 15080, 11792, 11740, 16042, 14665, 14124, 15907, 65535, 13245, 10164, 14309, 15578, 17420, 16783, 12639, 11285, 11013, 13072, 16379, 13311, 13587, 14370, 15237], "SequenceName": ["ep_b5#1", "ep_b995#2", "ep_b995#3", "ep_b995#4", "ep_b995#5", "ep_b1000#6", "ep_b1000#7", "ep_b995#8", "ep_b995#9", "ep_b995#10", "ep_b1000#11", "ep_b1000#12", "ep_b1005#13", "ep_b1005#14", "ep_b1000#15", "ep_b1005#16", "ep_b5#17", "ep_b1005#18", "ep_b1000#19", "ep_b1005#20", "ep_b1005#21", "ep_b995#22", "ep_b1005#23", "ep_b1000#24", "ep_b1000#25", "ep_b1000#26", "ep_b995#27", "ep_b995#28", "ep_b995#29", "ep_b1000#30", "ep_b1005#31", "ep_b1000#32", "ep_b5#1", "ep_b1990#2", "ep_b1990#3", "ep_b1990#4", "ep_b1995#5", "ep_b1995#6", "ep_b2000#7", "ep_b1995#8", "ep_b1990#9", "ep_b1995#10", "ep_b2000#11", "ep_b2000#12", "ep_b2010#13", "ep_b2005#14", "ep_b2000#15", "ep_b2005#16", "ep_b5#17", "ep_b2005#18", "ep_b2005#19", "ep_b2005#20", "ep_b2010#21", "ep_b1990#22", "ep_b2010#23", "ep_b2000#24", "ep_b2000#25", "ep_b1995#26", "ep_b1995#27", "ep_b1995#28", "ep_b1995#29", "ep_b2000#30", "ep_b2005#31", "ep_b2000#32"], "WindowCenter": [8141.0, 3696.0, 3690.0, 3722.0, 3695.0, 3676.0, 3743.0, 3717.0, 3700.0, 3730.0, 3725.0, 3723.0, 3726.0, 3744.0, 3743.0, 3730.0, 8120.0, 3764.0, 3731.0, 3761.0, 3763.0, 3739.0, 3750.0, 3730.0, 3718.0, 3685.0, 3673.0, 3760.0, 3717.0, 3732.0, 3804.0, 3789.0, 8150.0, 2419.0, 2417.0, 2505.0, 2402.0, 2400.0, 2453.0, 2425.0, 2469.0, 2498.0, 2454.0, 2455.0, 2494.0, 2494.0, 2502.0, 2497.0, 8150.0, 2496.0, 2461.0, 2521.0, 2506.0, 2528.0, 2495.0, 2476.0, 2442.0, 2392.0, 2402.0, 2518.0, 2446.0, 2477.0, 2555.0, 2567.0], "WindowWidth": [17846.0, 8386.0, 8363.0, 8425.0, 8373.0, 8329.0, 8468.0, 8424.0, 8407.0, 8455.0, 8426.0, 8425.0, 8441.0, 8473.0, 8479.0, 8454.0, 17784.0, 8506.0, 8430.0, 8501.0, 8507.0, 8469.0, 8484.0, 8431.0, 8414.0, 8340.0, 8319.0, 8494.0, 8407.0, 8435.0, 8583.0, 8550.0, 17852.0, 5816.0, 5811.0, 5986.0, 5777.0, 5775.0, 5888.0, 5840.0, 5933.0, 5988.0, 5896.0, 5905.0, 5966.0, 5971.0, 6000.0, 5982.0, 17865.0, 5980.0, 5932.0, 6022.0, 5989.0, 6048.0, 5978.0, 5934.0, 5879.0, 5767.0, 5776.0, 6012.0, 5865.0, 5932.0, 6105.0, 6122.0]}, "slices": {}}}