{"AcquisitionMatrixPE": 128, "AcquisitionNumber": 1, "AcquisitionTime": "07:37:19.335000", "BandwidthPerPixelPhaseEncode": 20.292, "BaseResolution": 128, "BodyPartExamined": "BRAIN", "ConsistencyInfo": "N4_VD11D_LATEST_20110129", "ConversionSoftware": "dcm2niix", "ConversionSoftwareVersion": "v1.0.20210317", "DerivedVendorReportedEchoSpacing": 0.000770008, "DeviceSerialNumber": "45239", "DiffusionScheme": "Monopolar", "DwellTime": 2.4e-06, "EchoTime": 0.092, "EchoTrainLength": 51, "EffectiveEchoSpacing": 0.000385004, "FlipAngle": 90, "ImageComments": "Unaliased MB3/PE3", "ImageOrientationPatientDICOM": [1, -2.05103e-10, 0, 2.05103e-10, 1, 0], "ImageType": ["ORIGINAL", "PRIMARY", "DIFFUSION", "NONE", "ND", "NORM", "MOSAIC"], "ImagingFrequency": 123.193, "InPlanePhaseEncodingDirectionDICOM": "ROW", "InstitutionAddress": "E 24th St. 100,Austin,Southmiddle,US,78712", "InstitutionName": "Univ of Texas at Austin", "InstitutionalDepartmentName": "IRC", "MRAcquisitionType": "2D", "MagneticFieldStrength": 3, "Manufacturer": "Siemens", "ManufacturersModelName": "Skyra", "Modality": "MR", "MultibandAccelerationFactor": 3, "ParallelReductionFactorInPlane": 2, "PartialFourier": 0.75, "PatientPosition": "HFS", "PercentPhaseFOV": 100, "PercentSampling": 100, "PhaseEncodingDirection": "i", "PhaseEncodingSteps": 102, "PhaseResolution": 1, "PixelBandwidth": 1630, "ProcedureStepDescription": "Poldrack2^self-scanning", "ProtocolName": "MBEPI with MDDW R-L", "PulseSequenceDetails": "%CustomerSeq%\\cmrr_mbep2d_diff", "ReceiveCoilActiveElements": "HEA;HEP", "ReceiveCoilName": "Head_32", "ReconMatrixPE": 128, "RefLinesPE": 76, "RepetitionTime": 5, "SAR": 0.151245, "ScanOptions": "PFP\\FS", "ScanningSequence": "EP", "SequenceName": "ep_b5#1", "SequenceVariant": "SK", "SeriesDescription": "MBEPI with MDDW R-L", "SeriesNumber": 13, "ShimSetting": [-2791, 8037, -15465, 87, -219, -11, 233, -116], "SliceThickness": 1.7, "SliceTiming": [0, 3.655, 2.3075, 0.9625, 4.615, 3.27, 1.9225, 0.5775, 4.23, 2.885, 1.54, 0.1925, 3.8475, 2.5, 1.155, 4.8075, 3.4625, 2.115, 0.77, 4.4225, 3.0775, 1.73, 0.385, 4.0375, 2.6925, 1.3475, 0, 3.655, 2.3075, 0.9625, 4.615, 3.27, 1.9225, 0.5775, 4.23, 2.885, 1.54, 0.1925, 3.8475, 2.5, 1.155, 4.8075, 3.4625, 2.115, 0.77, 4.4225, 3.0775, 1.73, 0.385, 4.0375, 2.6925, 1.3475, 0, 3.655, 2.3075, 0.9625, 4.615, 3.27, 1.9225, 0.5775, 4.23, 2.885, 1.54, 0.1925, 3.8475, 2.5, 1.155, 4.8075, 3.4625, 2.115, 0.77, 4.4225, 3.0775, 1.73, 0.385, 4.0375, 2.6925, 1.3475], "SoftwareVersions": "syngo MR D11", "SpacingBetweenSlices": 1.7, "StationName": "AWP45239", "TotalReadoutTime": 0.0488955, "TxRefAmp": 350.536, "WipMemBlock": "a08526f0-5229-4e0e-a6e4-42ee4ecdb7ab||Sequence: VD11D r154; May 23 2012 22:28:10 by eja", "dcmmeta_affine": [[-1.7421875, 3.573285833891049e-10, 0.0, 111.5], [3.573285833891049e-10, 1.7421875, 0.0, -114.60042572021484], [0.0, 0.0, 1.6999999284744263, -10.365254402160645], [0.0, 0.0, 0.0, 1.0]], "dcmmeta_reorient_transform": [[0.0, -1.0, 0.0, 127.0], [1.0, 0.0, 0.0, 0.0], [0.0, 0.0, 1.0, 0.0], [0.0, 0.0, 0.0, 1.0]], "dcmmeta_shape": [128, 128, 78, 64], "dcmmeta_slice_dim": 2, "dcmmeta_version": 0.6, "global": {"const": {"AcquisitionMatrix": [0, 128, 128, 0], "AngioFlag": "N", "BitsAllocated": 16, "BitsStored": 16, "BodyPartExamined": "BRAIN", "Columns": 1152, "EchoNumbers": 1, "EchoTime": 92.0, "EchoTrainLength": 51, "FlipAngle": 90.0, "HighBit": 15, "ImageOrientationPatient": [1.0, -2.051034e-10, 0.0, 2.051034e-10, 1.0, 0.0], "ImagePositionPatient": [-1003.5000002058, -998.65738466662, -10.365254402161], "ImageType": ["ORIGINAL", "PRIMARY", "DIFFUSION", "NONE", "ND", "NORM", "MOSAIC"], "ImagedNucleus": "1H", "ImagingFrequency": 123.193358, "InPlanePhaseEncodingDirection": "ROW", "MRAcquisitionType": "2D", "MagneticFieldStrength": 3.0, "Manufacturer": "SIEMENS", "ManufacturerModelName": "Skyra", "Modality": "MR", "NumberOfAverages": 1.0, "NumberOfPhaseEncodingSteps": 102, "PercentPhaseFieldOfView": 100.0, "PercentSampling": 100.0, "PerformedProcedureStepStartTime": "070547.000000", "PhotometricInterpretation": "MONOCHROME2", "PixelBandwidth": 1630.0, "PixelRepresentation": 0, "PixelSpacing": [1.7421875, 1.7421875], "ProtocolName": "MBEPI with MDDW R-L", "RepetitionTime": 5000.0, "Rows": 1152, "SAR": 0.15124525353266, "SamplesPerPixel": 1, "ScanOptions": ["PFP", "FS"], "ScanningSequence": "EP", "SequenceVariant": "SK", "SeriesDescription": "MBEPI with MDDW R-L", "SeriesNumber": 13, "SeriesTime": "073943.031000", "SliceLocation": -10.365254402161, "SliceThickness": 1.7000000476837, "SmallestImagePixelValue": 0, "SoftwareVersions": "syngo MR D11", "SpacingBetweenSlices": 1.6999999826605, "SpecificCharacterSet": "ISO_IR 100", "StudyID": "1", "StudyTime": "070546.953000", "TransmitCoilName": "Body", "VariableFlipAngleFlag": "N", "WindowCenterWidthExplanation": "Algo1", "dBdt": 0.0}, "slices": {}}, "time": {"samples": {"AcquisitionNumber": [1, 2, 3, 4, 5, 6, 7, 8, 9, 10, 11, 12, 13, 14, 15, 16, 17, 18, 19, 20, 21, 22, 23, 24, 25, 26, 27, 28, 29, 30, 31, 32, 33, 34, 35, 36, 37, 38, 39, 40, 41, 42, 43, 44, 45, 46, 47, 48, 49, 50, 51, 52, 53, 54, 55, 56, 57, 58, 59, 60, 61, 62, 63, 64], "AcquisitionTime": ["073719.335000", "073849.335000", "073854.335000", "073859.335000", "073904.335000", "073909.335000", "073914.335000", "073919.335000", "073924.335000", "073929.335000", "073934.335000", "073939.335000", "073944.335000", "073949.335000", "073954.335000", "073959.335000", "074004.335000", "074009.335000", "074014.335000", "074019.335000", "074024.335000", "074029.335000", "074034.335000", "074039.335000", "074044.335000", "074049.335000", "074054.335000", "074059.335000", "074104.335000", "074109.335000", "074114.335000", "074119.335000", "074124.335000", "074129.335000", "074134.335000", "074139.335000", "074144.335000", "074149.335000", "074154.335000", "074159.335000", "074204.335000", "074209.335000", "074214.335000", "074219.335000", "074224.335000", "074229.335000", "074234.335000", "074239.335000", "074244.335000", "074249.335000", "074254.335000", "074259.335000", "074304.335000", "074309.335000", "074314.335000", "074319.335000", "074324.335000", "074329.335000", "074334.335000", "074339.335000", "074344.335000", "074349.335000", "074354.335000", "074359.335000"], "ContentTime": ["073943.046000", "073948.000000", "073953.000000", "073953.015000", "073958.000000", "073958.015000", "074003.000000", "074008.000000", "074008.015000", "074013.000000", "074013.015000", "074018.000000", "074018.015000", "074023.000000", "074028.000000", "074028.015000", "074033.000000", "074033.015000", "074038.000000", "074043.000000", "074043.015000", "074048.000000", "074048.015000", "074053.000000", "074058.000000", "074058.015000", "074103.000000", "074108.000000", "074113.000000", "074118.000000", "074123.000000", "074128.000000", "074133.000000", "074138.000000", "074143.000000", "074148.000000", "074153.000000", "074158.000000", "074203.000000", "074208.000000", "074213.000000", "074218.000000", "074223.000000", "074228.000000", "074233.000000", "074238.000000", "074243.000000", "074248.000000", "074253.000000", "074258.000000", "074303.000000", "074308.000000", "074313.000000", "074318.000000", "074323.000000", "074328.000000", "074333.000000", "074338.015000", "074343.000000", "074348.000000", "074353.000000", "074358.000000", "074403.000000", "074404.781000"], "InstanceCreationTime": ["073943.046000", "073948.000000", "073953.000000", "073953.015000", "073958.000000", "073958.015000", "074003.000000", "074008.000000", "074008.015000", "074013.000000", "074013.015000", "074018.000000", "074018.015000", "074023.000000", "074028.000000", "074028.015000", "074033.000000", "074033.015000", "074038.000000", "074043.000000", "074043.015000", "074048.000000", "074048.015000", "074053.000000", "074058.000000", "074058.015000", "074103.000000", "074108.000000", "074113.000000", "074118.000000", "074123.000000", "074128.000000", "074133.000000", "074138.000000", "074143.000000", "074148.000000", "074153.000000", "074158.000000", "074203.000000", "074208.000000", "074213.000000", "074218.000000", "074223.000000", "074228.000000", "074233.000000", "074238.000000", "074243.000000", "074248.000000", "074253.000000", "074258.000000", "074303.000000", "074308.000000", "074313.000000", "074318.000000", "074323.000000", "074328.000000", "074333.000000", "074338.015000", "074343.000000", "074348.000000", "074353.000000", "074358.000000", "074403.000000", "074404.781000"], "InstanceNumber": [1, 2, 3, 4, 5, 6, 7, 8, 9, 10, 11, 12, 13, 14, 15, 16, 17, 18, 19, 20, 21, 22, 23, 24, 25, 26, 27, 28, 29, 30, 31, 32, 33, 34, 35, 36, 37, 38, 39, 40, 41, 42, 43, 44, 45, 46, 47, 48, 49, 50, 51, 52, 53, 54, 55, 56, 57, 58, 59, 60, 61, 62, 63, 64], "LargestImagePixelValue": [65535, 19421, 22622, 22643, 19624, 19129, 19753, 21362, 20729, 22089, 19884, 17523, 22649, 21852, 21221, 22390, 65535, 21310, 18256, 21298, 22519, 24767, 21737, 20483, 18841, 20377, 21208, 23695, 22381, 20910, 21973, 21769, 65535, 9808, 10953, 14014, 9075, 9579, 11331, 10805, 11741, 10882, 9587, 9872, 11565, 11414, 12300, 13229, 65535, 11858, 9676, 12192, 11949, 13426, 11202, 11342, 10149, 9058, 10842, 13023, 11683, 12088, 12307, 12044], "SequenceName": ["ep_b5#1", "ep_b995#2", "ep_b995#3", "ep_b995#4", "ep_b995#5", "ep_b1000#6", "ep_b1000#7", "ep_b995#8", "ep_b995#9", "ep_b995#10", "ep_b1000#11", "ep_b1000#12", "ep_b1005#13", "ep_b1005#14", "ep_b1000#15", "ep_b1005#16", "ep_b5#17", "ep_b1005#18", "ep_b1000#19", "ep_b1005#20", "ep_b1005#21", "ep_b995#22", "ep_b1005#23", "ep_b1000#24", "ep_b1000#25", "ep_b1000#26", "ep_b995#27", "ep_b995#28", "ep_b995#29", "ep_b1000#30", "ep_b1005#31", "ep_b1000#32", "ep_b5#1", "ep_b1990#2", "ep_b1990#3", "ep_b1990#4", "ep_b1995#5", "ep_b1995#6", "ep_b2000#7", "ep_b1995#8", "ep_b1990#9", "ep_b1995#10", "ep_b2000#11", "ep_b2000#12", "ep_b2010#13", "ep_b2005#14", "ep_b2000#15", "ep_b2005#16", "ep_b5#17", "ep_b2005#18", "ep_b2005#19", "ep_b2005#20", "ep_b2010#21", "ep_b1990#22", "ep_b2010#23", "ep_b2000#24", "ep_b2000#25", "ep_b1995#26", "ep_b1995#27", "ep_b1995#28", "ep_b1995#29", "ep_b2000#30", "ep_b2005#31", "ep_b2000#32"], "WindowCenter": [8160.0, 3654.0, 3656.0, 3692.0, 3651.0, 3679.0, 3724.0, 3705.0, 3694.0, 3703.0, 3705.0, 3695.0, 3722.0, 3749.0, 3740.0, 3740.0, 8160.0, 3722.0, 3694.0, 3704.0, 3699.0, 3727.0, 3675.0, 3688.0, 3684.0, 3663.0, 3656.0, 3719.0, 3663.0, 3665.0, 3704.0, 3709.0, 8164.0, 2380.0, 2380.0, 2452.0, 2365.0, 2383.0, 2463.0, 2434.0, 2451.0, 2453.0, 2427.0, 2428.0, 2468.0, 2479.0, 2514.0, 2509.0, 8182.0, 2472.0, 2437.0, 2456.0, 2454.0, 2486.0, 2444.0, 2415.0, 2418.0, 2370.0, 2364.0, 2474.0, 2410.0, 2442.0, 2461.0, 2474.0], "WindowWidth": [17870.0, 8284.0, 8292.0, 8371.0, 8272.0, 8325.0, 8417.0, 8374.0, 8359.0, 8370.0, 8376.0, 8359.0, 8412.0, 8463.0, 8455.0, 8457.0, 17869.0, 8410.0, 8361.0, 8386.0, 8371.0, 8434.0, 8338.0, 8355.0, 8344.0, 8291.0, 8291.0, 8423.0, 8315.0, 8317.0, 8388.0, 8406.0, 17870.0, 5737.0, 5738.0, 5883.0, 5712.0, 5757.0, 5902.0, 5843.0, 5876.0, 5890.0, 5848.0, 5852.0, 5915.0, 5938.0, 6023.0, 6003.0, 17916.0, 5929.0, 5882.0, 5895.0, 5888.0, 5958.0, 5875.0, 5817.0, 5835.0, 5730.0, 5706.0, 5935.0, 5799.0, 5867.0, 5913.0, 5941.0]}, "slices": {}}}