{"AcquisitionMatrixPE": 96, "AcquisitionNumber": 1, "AcquisitionTime": "07:49:5.140000", "BandwidthPerPixelPhaseEncode": 33.602, "BaseResolution": 96, "BodyPartExamined": "BRAIN", "ConsistencyInfo": "N4_VD13A_LATEST_20120616", "ConversionSoftware": "dcm2niix", "ConversionSoftwareVersion": "v1.0.20210317", "DerivedVendorReportedEchoSpacing": 0.000620003, "DeviceSerialNumber": "45239", "DwellTime": 2.6e-06, "EchoTime": 0.03, "EchoTrainLength": 47, "EffectiveEchoSpacing": 0.000310001, "FlipAngle": 63, "ImageComments": "Unaliased MB4/PE3", "ImageOrientationPatientDICOM": [0.999922, -0.0113215, -0.00527334, 0.00680636, 0.847991, -0.529967], "ImageType": ["ORIGINAL", "PRIMARY", "M", "ND", "NORM", "MOSAIC"], "ImagingFrequency": 123.191, "InPlanePhaseEncodingDirectionDICOM": "COL", "InstitutionAddress": "E 24th St. 100,Austin,Southmiddle,US,78712", "InstitutionName": "The Univ. of Texas at Austin IRC", "InstitutionalDepartmentName": "IRC", "MRAcquisitionType": "2D", "MagneticFieldStrength": 3, "Manufacturer": "Siemens", "ManufacturersModelName": "Skyra", "Modality": "MR", "MultibandAccelerationFactor": 4, "ParallelReductionFactorInPlane": 2, "PartialFourier": 1, "PatientPosition": "HFS", "PercentPhaseFOV": 100, "PercentSampling": 100, "PhaseEncodingDirection": "j-", "PhaseEncodingSteps": 95, "PhaseResolution": 1, "PixelBandwidth": 2005, "ProcedureStepDescription": "Poldrack2^self-scanning", "ProtocolName": "superloc", "PulseSequenceDetails": "%CustomerSeq%\\cmrr_mbep2d_bold", "ReceiveCoilActiveElements": "HEA;HEP", "ReceiveCoilName": "Head_32", "ReconMatrixPE": 96, "RefLinesPE": 48, "RepetitionTime": 1.16, "SAR": 0.112988, "ScanOptions": "FS", "ScanningSequence": "EP", "SequenceName": "epfid2d1_96", "SequenceVariant": "SK", "SeriesDescription": "superloc", "SeriesNumber": 8, "ShimSetting": [-2977, 8277, -15342, -681, 49, -506, 329, 125], "SliceThickness": 2, "SliceTiming": [0, 0.5, 0.9975, 0.3575, 0.855, 0.215, 0.7125, 0.0725, 0.57, 1.07, 0.4275, 0.9275, 0.285, 0.785, 0.1425, 0.6425, 0, 0.5, 0.9975, 0.3575, 0.855, 0.215, 0.7125, 0.0725, 0.57, 1.07, 0.4275, 0.9275, 0.285, 0.785, 0.1425, 0.6425, 0, 0.5, 0.9975, 0.3575, 0.855, 0.215, 0.7125, 0.0725, 0.57, 1.07, 0.4275, 0.9275, 0.285, 0.785, 0.1425, 0.6425, 0, 0.5, 0.9975, 0.3575, 0.855, 0.215, 0.7125, 0.0725, 0.57, 1.07, 0.4275, 0.9275, 0.285, 0.785, 0.1425, 0.6425], "SoftwareVersions": "syngo MR D13", "SpacingBetweenSlices": 2.4, "StationName": "AWP45239", "TaskName": "Sentence processing task", "TotalReadoutTime": 0.0294501, "TxRefAmp": 336.316, "WipMemBlock": "634e3dc4-7a59-4731-9a4b-30667be55301||Sequence: vd13a/R010 r/fd129fc; Dec 13 2013 16:14:27 by eja", "dcmmeta_affine": [[-2.395646333694458, 0.016306893900036812, -0.025132250040769577, 114.47606658935547], [0.027124421671032906, 2.031644344329834, -1.2717365026474, -80.24210357666016], [-0.01263404916971922, 1.2697136402130127, 2.035203695297241, -87.57257080078125], [0.0, 0.0, 0.0, 1.0]], "dcmmeta_reorient_transform": [[0.0, -1.0, 0.0, 95.0], [1.0, 0.0, 0.0, 0.0], [0.0, 0.0, 1.0, 0.0], [0.0, 0.0, 0.0, 1.0]], "dcmmeta_shape": [96, 96, 64, 326], "dcmmeta_slice_dim": 2, "dcmmeta_version": 0.6, "global": {"const": {"AcquisitionMatrix": [96, 0, 0, 96], "AngioFlag": "N", "BitsAllocated": 16, "BitsStored": 16, "BodyPartExamined": "BRAIN", "Columns": 768, "DeidentificationMethodCodeSequence": [{"CodeMeaning": "XNAT Edit Script", "CodeValue": "93", "CodingSchemeDesignator": "XNAT", "CodingSchemeVersion": "0.1"}], "EchoNumbers": 1, "EchoTime": 30.0, "EchoTrainLength": 47, "FlipAngle": 63.0, "HighBit": 15, "ImageOrientationPatient": [0.9999220047273, -0.0113214981499, -0.0052733425631, 0.00680635581878, 0.84799067304326, -0.5299674442379], "ImagePositionPatient": [-926.44152618086, -786.28276121229, 463.91904513567], "ImageType": ["ORIGINAL", "PRIMARY", "M", "ND", "NORM", "MOSAIC"], "ImagedNucleus": "1H", "ImagingFrequency": 123.19123, "InPlanePhaseEncodingDirection": "COL", "MRAcquisitionType": "2D", "MagneticFieldStrength": 3.0, "Manufacturer": "SIEMENS", "ManufacturerModelName": "Skyra", "Modality": "MR", "NumberOfAverages": 1.0, "NumberOfPhaseEncodingSteps": 95, "PercentPhaseFieldOfView": 100.0, "PercentSampling": 100.0, "PerformedProcedureStepStartTime": "072453.312000", "PhotometricInterpretation": "MONOCHROME2", "PixelBandwidth": 2005.0, "PixelRepresentation": 0, "PixelSpacing": [2.3958332538605, 2.3958332538605], "ProtocolName": "superloc", "RepetitionTime": 1160.0, "Rows": 768, "SAR": 0.11298821952531, "SamplesPerPixel": 1, "ScanOptions": "FS", "ScanningSequence": "EP", "SequenceName": "epfid2d1_96", "SequenceVariant": "SK", "SeriesDescription": "superloc", "SeriesNumber": 8, "SeriesTime": "074949.970000", "SliceLocation": -32.940937466304, "SliceThickness": 2.0, "SmallestImagePixelValue": 0, "SoftwareVersions": "syngo MR D13", "SpacingBetweenSlices": 2.3999999868863, "SpecificCharacterSet": "ISO_IR 100", "StudyID": "1", "StudyTime": "072453.257000", "TransmitCoilName": "Body", "VariableFlipAngleFlag": "N", "WindowCenterWidthExplanation": "Algo1", "dBdt": 0.0}, "slices": {}}, "time": {"samples": {"AcquisitionNumber": [1, 2, 3, 4, 5, 6, 7, 8, 9, 10, 11, 12, 13, 14, 15, 16, 17, 18, 19, 20, 21, 22, 23, 24, 25, 26, 27, 28, 29, 30, 31, 32, 33, 34, 35, 36, 37, 38, 39, 40, 41, 42, 43, 44, 45, 46, 47, 48, 49, 50, 51, 52, 53, 54, 55, 56, 57, 58, 59, 60, 61, 62, 63, 64, 65, 66, 67, 68, 69, 70, 71, 72, 73, 74, 75, 76, 77, 78, 79, 80, 81, 82, 83, 84, 85, 86, 87, 88, 89, 90, 91, 92, 93, 94, 95, 96, 97, 98, 99, 100, 101, 102, 103, 104, 105, 106, 107, 108, 109, 110, 111, 112, 113, 114, 115, 116, 117, 118, 119, 120, 121, 122, 123, 124, 125, 126, 127, 128, 129, 130, 131, 132, 133, 134, 135, 136, 137, 138, 139, 140, 141, 142, 143, 144, 145, 146, 147, 148, 149, 150, 151, 152, 153, 154, 155, 156, 157, 158, 159, 160, 161, 162, 163, 164, 165, 166, 167, 168, 169, 170, 171, 172, 173, 174, 175, 176, 177, 178, 179, 180, 181, 182, 183, 184, 185, 186, 187, 188, 189, 190, 191, 192, 193, 194, 195, 196, 197, 198, 199, 200, 201, 202, 203, 204, 205, 206, 207, 208, 209, 210, 211, 212, 213, 214, 215, 216, 217, 218, 219, 220, 221, 222, 223, 224, 225, 226, 227, 228, 229, 230, 231, 232, 233, 234, 235, 236, 237, 238, 239, 240, 241, 242, 243, 244, 245, 246, 247, 248, 249, 250, 251, 252, 253, 254, 255, 256, 257, 258, 259, 260, 261, 262, 263, 264, 265, 266, 267, 268, 269, 270, 271, 272, 273, 274, 275, 276, 277, 278, 279, 280, 281, 282, 283, 284, 285, 286, 287, 288, 289, 290, 291, 292, 293, 294, 295, 296, 297, 298, 299, 300, 301, 302, 303, 304, 305, 306, 307, 308, 309, 310, 311, 312, 313, 314, 315, 316, 317, 318, 319, 320, 321, 322, 323, 324, 325, 326], "AcquisitionTime": ["074905.140000", "074912.077500", "074913.240000", "074914.400000", "074915.560000", "074916.720000", "074917.880000", "074919.040000", "074920.200000", "074921.360000", "074922.520000", "074923.680000", "074924.840000", "074926.000000", "074927.160000", "074928.320000", "074929.480000", "074930.640000", "074931.800000", "074932.960000", "074934.120000", "074935.280000", "074936.440000", "074937.600000", "074938.760000", "074939.920000", "074941.080000", "074942.240000", "074943.400000", "074944.560000", "074945.720000", "074946.880000", "074948.040000", "074949.200000", "074950.360000", "074951.520000", "074952.680000", "074953.840000", "074955.000000", "074956.160000", "074957.320000", "074958.480000", "074959.640000", "075000.800000", "075001.960000", "075003.120000", "075004.280000", "075005.440000", "075006.600000", "075007.760000", "075008.920000", "075010.080000", "075011.240000", "075012.400000", "075013.560000", "075014.720000", "075015.880000", "075017.040000", "075018.200000", "075019.360000", "075020.520000", "075021.680000", "075022.840000", "075024.000000", "075025.160000", "075026.320000", "075027.480000", "075028.640000", "075029.800000", "075030.960000", "075032.120000", "075033.280000", "075034.440000", "075035.600000", "075036.760000", "075037.920000", "075039.080000", "075040.240000", "075041.400000", "075042.560000", "075043.720000", "075044.880000", "075046.040000", "075047.200000", "075048.360000", "075049.520000", "075050.680000", "075051.840000", "075053.000000", "075054.160000", "075055.320000", "075056.480000", "075057.640000", "075058.800000", "075059.960000", "075101.120000", "075102.280000", "075103.440000", "075104.600000", "075105.760000", "075106.920000", "075108.080000", "075109.240000", "075110.400000", "075111.560000", "075112.720000", "075113.880000", "075115.040000", "075116.200000", "075117.360000", "075118.520000", "075119.680000", "075120.840000", "075122.000000", "075123.160000", "075124.320000", "075125.480000", "075126.640000", "075127.800000", "075128.960000", "075130.120000", "075131.280000", "075132.440000", "075133.600000", "075134.760000", "075135.920000", "075137.080000", "075138.240000", "075139.400000", "075140.560000", "075141.720000", "075142.880000", "075144.040000", "075145.200000", "075146.360000", "075147.520000", "075148.680000", "075149.840000", "075151.000000", "075152.160000", "075153.320000", "075154.480000", "075155.640000", "075156.800000", "075157.960000", "075159.120000", "075200.280000", "075201.440000", "075202.600000", "075203.760000", "075204.920000", "075206.080000", "075207.240000", "075208.400000", "075209.560000", "075210.720000", "075211.880000", "075213.040000", "075214.200000", "075215.360000", "075216.520000", "075217.680000", "075218.840000", "075220.000000", "075221.160000", "075222.320000", "075223.480000", "075224.640000", "075225.800000", "075226.960000", "075228.120000", "075229.280000", "075230.440000", "075231.600000", "075232.760000", "075233.920000", "075235.080000", "075236.240000", "075237.400000", "075238.560000", "075239.720000", "075240.880000", "075242.040000", "075243.200000", "075244.360000", "075245.520000", "075246.680000", "075247.840000", "075249.000000", "075250.160000", "075251.320000", "075252.480000", "075253.640000", "075254.800000", "075255.960000", "075257.120000", "075258.280000", "075259.440000", "075300.600000", "075301.760000", "075302.920000", "075304.080000", "075305.240000", "075306.400000", "075307.560000", "075308.720000", "075309.880000", "075311.040000", "075312.200000", "075313.360000", "075314.520000", "075315.680000", "075316.840000", "075318.000000", "075319.160000", "075320.320000", "075321.480000", "075322.640000", "075323.800000", "075324.960000", "075326.120000", "075327.280000", "075328.440000", "075329.600000", "075330.760000", "075331.920000", "075333.080000", "075334.240000", "075335.400000", "075336.560000", "075337.720000", "075338.880000", "075340.040000", "075341.200000", "075342.360000", "075343.520000", "075344.680000", "075345.840000", "075347.000000", "075348.160000", "075349.320000", "075350.480000", "075351.640000", "075352.800000", "075353.960000", "075355.120000", "075356.280000", "075357.440000", "075358.600000", "075359.760000", "075400.920000", "075402.080000", "075403.242500", "075404.402500", "075405.562500", "075406.722500", "075407.882500", "075409.042500", "075410.202500", "075411.362500", "075412.522500", "075413.682500", "075414.842500", "075416.002500", "075417.162500", "075418.322500", "075419.482500", "075420.642500", "075421.802500", "075422.962500", "075424.122500", "075425.282500", "075426.442500", "075427.602500", "075428.762500", "075429.922500", "075431.082500", "075432.242500", "075433.402500", "075434.562500", "075435.722500", "075436.882500", "075438.042500", "075439.202500", "075440.362500", "075441.522500", "075442.682500", "075443.842500", "075445.002500", "075446.162500", "075447.322500", "075448.482500", "075449.642500", "075450.802500", "075451.962500", "075453.122500", "075454.282500", "075455.442500", "075456.602500", "075457.762500", "075458.922500", "075500.082500", "075501.242500", "075502.402500", "075503.562500", "075504.722500", "075505.882500", "075507.042500", "075508.202500", "075509.362500", "075510.522500", "075511.682500", "075512.842500", "075514.002500", "075515.162500", "075516.322500", "075517.482500", "075518.642500", "075519.802500", "075520.962500", "075522.122500", "075523.282500", "075524.442500", "075525.602500", "075526.762500", "075527.922500"], "ContentTime": ["074949.973000", "074949.978000", "074949.987000", "074949.991000", "074949.995000", "074950.000000", "074950.004000", "074950.008000", "074950.012000", "074950.016000", "074950.020000", "074950.027000", "074950.031000", "074950.035000", "074950.039000", "074950.043000", "074950.048000", "074950.053000", "074950.071000", "074950.075000", "074950.078000", "074950.082000", "074950.087000", "074950.091000", "074950.095000", "074950.099000", "074950.103000", "074950.107000", "075009.940000", "075009.945000", "075009.949000", "075009.958000", "075009.962000", "075009.966000", "075009.970000", "075009.974000", "075009.978000", "075009.982000", "075009.986000", "075009.990000", "075009.994000", "075009.997000", "075010.002000", "075010.011000", "075010.015000", "075010.019000", "075010.023000", "075010.027000", "075049.942000", "075049.947000", "075049.951000", "075049.955000", "075049.959000", "075049.963000", "075049.967000", "075049.971000", "075049.975000", "075049.979000", "075049.983000", "075049.987000", "075049.991000", "075049.995000", "075049.999000", "075050.003000", "075050.007000", "075050.010000", "075050.014000", "075050.019000", "075050.023000", "075050.027000", "075050.030000", "075050.035000", "075050.039000", "075050.043000", "075050.047000", "075050.051000", "075050.055000", "075050.059000", "075050.066000", "075050.070000", "075050.074000", "075050.078000", "075050.082000", "075050.086000", "075129.940000", "075129.944000", "075129.948000", "075129.952000", "075129.956000", "075129.960000", "075129.963000", "075129.967000", "075129.971000", "075129.974000", "075129.978000", "075129.982000", "075129.986000", "075129.990000", "075129.994000", "075129.998000", "075130.002000", "075130.006000", "075130.009000", "075130.013000", "075130.017000", "075130.021000", "075130.025000", "075130.029000", "075130.033000", "075130.181000", "075130.185000", "075130.199000", "075130.203000", "075130.207000", "075130.211000", "075130.216000", "075130.220000", "075130.224000", "075209.941000", "075209.945000", "075209.949000", "075209.960000", "075209.964000", "075209.968000", "075209.972000", "075209.976000", "075209.980000", "075209.984000", "075209.988000", "075209.991000", "075209.996000", "075210.000000", "075210.004000", "075210.008000", "075210.012000", "075210.016000", "075210.020000", "075210.024000", "075210.028000", "075210.032000", "075210.036000", "075210.040000", "075210.044000", "075210.048000", "075210.052000", "075210.056000", "075210.059000", "075210.063000", "075210.067000", "075210.071000", "075210.075000", "075210.079000", "075210.083000", "075249.942000", "075249.946000", "075249.950000", "075249.954000", "075249.958000", "075249.962000", "075249.966000", "075249.970000", "075249.974000", "075249.978000", "075249.981000", "075249.985000", "075249.989000", "075249.992000", "075249.996000", "075250.001000", "075250.005000", "075250.009000", "075250.013000", "075250.016000", "075250.021000", "075250.025000", "075250.029000", "075250.033000", "075250.037000", "075250.041000", "075250.045000", "075250.049000", "075250.053000", "075250.057000", "075250.061000", "075250.065000", "075250.069000", "075250.073000", "075309.940000", "075309.944000", "075309.948000", "075309.952000", "075309.956000", "075309.961000", "075309.965000", "075309.969000", "075309.973000", "075309.976000", "075309.985000", "075309.989000", "075309.993000", "075309.997000", "075310.001000", "075310.005000", "075310.009000", "075349.942000", "075349.953000", "075349.957000", "075349.961000", "075349.965000", "075349.969000", "075349.973000", "075349.977000", "075349.980000", "075349.985000", "075349.988000", "075349.992000", "075349.996000", "075350.001000", "075350.005000", "075350.008000", "075350.012000", "075350.016000", "075350.020000", "075350.024000", "075350.028000", "075350.032000", "075350.036000", "075350.040000", "075350.044000", "075350.049000", "075350.053000", "075350.072000", "075350.076000", "075350.080000", "075350.084000", "075350.088000", "075350.091000", "075350.096000", "075350.100000", "075429.942000", "075429.946000", "075429.951000", "075429.955000", "075429.958000", "075429.963000", "075429.967000", "075429.971000", "075429.975000", "075429.979000", "075429.983000", "075429.987000", "075429.991000", "075429.995000", "075430.000000", "075430.004000", "075430.008000", "075430.011000", "075430.016000", "075430.020000", "075430.024000", "075430.028000", "075430.032000", "075430.054000", "075430.059000", "075430.063000", "075430.067000", "075430.071000", "075430.076000", "075430.081000", "075430.086000", "075430.090000", "075430.094000", "075430.098000", "075509.942000", "075509.947000", "075509.951000", "075509.954000", "075509.958000", "075509.962000", "075509.966000", "075509.970000", "075509.974000", "075509.978000", "075509.982000", "075509.986000", "075509.990000", "075509.994000", "075509.998000", "075510.003000", "075510.007000", "075510.011000", "075510.015000", "075510.019000", "075510.023000", "075510.027000", "075510.031000", "075510.035000", "075510.039000", "075510.049000", "075510.054000", "075510.058000", "075510.065000", "075510.069000", "075510.073000", "075510.077000", "075510.081000", "075510.085000", "075510.089000", "075530.350000", "075530.355000", "075530.358000", "075530.362000", "075530.366000", "075530.370000", "075530.373000", "075530.377000", "075530.381000", "075530.385000", "075530.390000", "075530.394000", "075530.398000", "075530.402000", "075530.406000", "075530.410000", "075530.414000", "075530.419000"], "InstanceCreationTime": ["074949.973000", "074949.978000", "074949.987000", "074949.991000", "074949.995000", "074950.000000", "074950.004000", "074950.008000", "074950.012000", "074950.016000", "074950.020000", "074950.027000", "074950.031000", "074950.035000", "074950.039000", "074950.043000", "074950.048000", "074950.053000", "074950.071000", "074950.075000", "074950.078000", "074950.082000", "074950.087000", "074950.091000", "074950.095000", "074950.099000", "074950.103000", "074950.107000", "075009.940000", "075009.945000", "075009.949000", "075009.958000", "075009.962000", "075009.966000", "075009.970000", "075009.974000", "075009.978000", "075009.982000", "075009.986000", "075009.990000", "075009.994000", "075009.997000", "075010.002000", "075010.011000", "075010.015000", "075010.019000", "075010.023000", "075010.027000", "075049.942000", "075049.947000", "075049.951000", "075049.955000", "075049.959000", "075049.963000", "075049.967000", "075049.971000", "075049.975000", "075049.979000", "075049.983000", "075049.987000", "075049.991000", "075049.995000", "075049.999000", "075050.003000", "075050.007000", "075050.010000", "075050.014000", "075050.019000", "075050.023000", "075050.027000", "075050.030000", "075050.035000", "075050.039000", "075050.043000", "075050.047000", "075050.051000", "075050.055000", "075050.059000", "075050.066000", "075050.070000", "075050.074000", "075050.078000", "075050.082000", "075050.086000", "075129.940000", "075129.944000", "075129.948000", "075129.952000", "075129.956000", "075129.960000", "075129.963000", "075129.967000", "075129.971000", "075129.974000", "075129.978000", "075129.982000", "075129.986000", "075129.990000", "075129.994000", "075129.998000", "075130.002000", "075130.006000", "075130.009000", "075130.013000", "075130.017000", "075130.021000", "075130.025000", "075130.029000", "075130.033000", "075130.181000", "075130.185000", "075130.199000", "075130.203000", "075130.207000", "075130.211000", "075130.216000", "075130.220000", "075130.224000", "075209.941000", "075209.945000", "075209.949000", "075209.960000", "075209.964000", "075209.968000", "075209.972000", "075209.976000", "075209.980000", "075209.984000", "075209.988000", "075209.991000", "075209.996000", "075210.000000", "075210.004000", "075210.008000", "075210.012000", "075210.016000", "075210.020000", "075210.024000", "075210.028000", "075210.032000", "075210.036000", "075210.040000", "075210.044000", "075210.048000", "075210.052000", "075210.056000", "075210.059000", "075210.063000", "075210.067000", "075210.071000", "075210.075000", "075210.079000", "075210.083000", "075249.942000", "075249.946000", "075249.950000", "075249.954000", "075249.958000", "075249.962000", "075249.966000", "075249.970000", "075249.974000", "075249.978000", "075249.981000", "075249.985000", "075249.989000", "075249.992000", "075249.996000", "075250.001000", "075250.005000", "075250.009000", "075250.013000", "075250.016000", "075250.021000", "075250.025000", "075250.029000", "075250.033000", "075250.037000", "075250.041000", "075250.045000", "075250.049000", "075250.053000", "075250.057000", "075250.061000", "075250.065000", "075250.069000", "075250.073000", "075309.940000", "075309.944000", "075309.948000", "075309.952000", "075309.956000", "075309.961000", "075309.965000", "075309.969000", "075309.973000", "075309.976000", "075309.985000", "075309.989000", "075309.993000", "075309.997000", "075310.001000", "075310.005000", "075310.009000", "075349.942000", "075349.953000", "075349.957000", "075349.961000", "075349.965000", "075349.969000", "075349.973000", "075349.977000", "075349.980000", "075349.985000", "075349.988000", "075349.992000", "075349.996000", "075350.001000", "075350.005000", "075350.008000", "075350.012000", "075350.016000", "075350.020000", "075350.024000", "075350.028000", "075350.032000", "075350.036000", "075350.040000", "075350.044000", "075350.049000", "075350.053000", "075350.072000", "075350.076000", "075350.080000", "075350.084000", "075350.088000", "075350.091000", "075350.096000", "075350.100000", "075429.942000", "075429.946000", "075429.951000", "075429.955000", "075429.958000", "075429.963000", "075429.967000", "075429.971000", "075429.975000", "075429.979000", "075429.983000", "075429.987000", "075429.991000", "075429.995000", "075430.000000", "075430.004000", "075430.008000", "075430.011000", "075430.016000", "075430.020000", "075430.024000", "075430.028000", "075430.032000", "075430.054000", "075430.059000", "075430.063000", "075430.067000", "075430.071000", "075430.076000", "075430.081000", "075430.086000", "075430.090000", "075430.094000", "075430.098000", "075509.942000", "075509.947000", "075509.951000", "075509.954000", "075509.958000", "075509.962000", "075509.966000", "075509.970000", "075509.974000", "075509.978000", "075509.982000", "075509.986000", "075509.990000", "075509.994000", "075509.998000", "075510.003000", "075510.007000", "075510.011000", "075510.015000", "075510.019000", "075510.023000", "075510.027000", "075510.031000", "075510.035000", "075510.039000", "075510.049000", "075510.054000", "075510.058000", "075510.065000", "075510.069000", "075510.073000", "075510.077000", "075510.081000", "075510.085000", "075510.089000", "075530.350000", "075530.355000", "075530.358000", "075530.362000", "075530.366000", "075530.370000", "075530.373000", "075530.377000", "075530.381000", "075530.385000", "075530.390000", "075530.394000", "075530.398000", "075530.402000", "075530.406000", "075530.410000", "075530.414000", "075530.419000"], "InstanceNumber": [1, 2, 3, 4, 5, 6, 7, 8, 9, 10, 11, 12, 13, 14, 15, 16, 17, 18, 19, 20, 21, 22, 23, 24, 25, 26, 27, 28, 29, 30, 31, 32, 33, 34, 35, 36, 37, 38, 39, 40, 41, 42, 43, 44, 45, 46, 47, 48, 49, 50, 51, 52, 53, 54, 55, 56, 57, 58, 59, 60, 61, 62, 63, 64, 65, 66, 67, 68, 69, 70, 71, 72, 73, 74, 75, 76, 77, 78, 79, 80, 81, 82, 83, 84, 85, 86, 87, 88, 89, 90, 91, 92, 93, 94, 95, 96, 97, 98, 99, 100, 101, 102, 103, 104, 105, 106, 107, 108, 109, 110, 111, 112, 113, 114, 115, 116, 117, 118, 119, 120, 121, 122, 123, 124, 125, 126, 127, 128, 129, 130, 131, 132, 133, 134, 135, 136, 137, 138, 139, 140, 141, 142, 143, 144, 145, 146, 147, 148, 149, 150, 151, 152, 153, 154, 155, 156, 157, 158, 159, 160, 161, 162, 163, 164, 165, 166, 167, 168, 169, 170, 171, 172, 173, 174, 175, 176, 177, 178, 179, 180, 181, 182, 183, 184, 185, 186, 187, 188, 189, 190, 191, 192, 193, 194, 195, 196, 197, 198, 199, 200, 201, 202, 203, 204, 205, 206, 207, 208, 209, 210, 211, 212, 213, 214, 215, 216, 217, 218, 219, 220, 221, 222, 223, 224, 225, 226, 227, 228, 229, 230, 231, 232, 233, 234, 235, 236, 237, 238, 239, 240, 241, 242, 243, 244, 245, 246, 247, 248, 249, 250, 251, 252, 253, 254, 255, 256, 257, 258, 259, 260, 261, 262, 263, 264, 265, 266, 267, 268, 269, 270, 271, 272, 273, 274, 275, 276, 277, 278, 279, 280, 281, 282, 283, 284, 285, 286, 287, 288, 289, 290, 291, 292, 293, 294, 295, 296, 297, 298, 299, 300, 301, 302, 303, 304, 305, 306, 307, 308, 309, 310, 311, 312, 313, 314, 315, 316, 317, 318, 319, 320, 321, 322, 323, 324, 325, 326], "LargestImagePixelValue": [41507, 36346, 40558, 27953, 28875, 34630, 36766, 35185, 31283, 33818, 33791, 28306, 26693, 30331, 32868, 41871, 35132, 35474, 28611, 34483, 36571, 30054, 43065, 30382, 23351, 35930, 41223, 36657, 32622, 33833, 29635, 38514, 32135, 36080, 33512, 31776, 39800, 31569, 38985, 29443, 39847, 39060, 31602, 41573, 25459, 34425, 40389, 29643, 38821, 34672, 26052, 42641, 34046, 38532, 30316, 26146, 36984, 37921, 31262, 38523, 31705, 38233, 33783, 25408, 33077, 30147, 31236, 45691, 26155, 28312, 37224, 29853, 33476, 31202, 40242, 39597, 35934, 44872, 27275, 40724, 32006, 28498, 40042, 32326, 25675, 29102, 39182, 30664, 36682, 39872, 32253, 33756, 38847, 28712, 35054, 45829, 26645, 35159, 31300, 40013, 35605, 34189, 39446, 34562, 42926, 39158, 32932, 31411, 39230, 34856, 33559, 40325, 27207, 32606, 30063, 32815, 41800, 34052, 37465, 32813, 38379, 33792, 36378, 39790, 33585, 40217, 28602, 37875, 34176, 29433, 40866, 29460, 35850, 39217, 32517, 43145, 31261, 39008, 37339, 24259, 41653, 30875, 39696, 40847, 29091, 32177, 38428, 26857, 42243, 27577, 39703, 33739, 36396, 38728, 28558, 41025, 29689, 37827, 29820, 30841, 42132, 29082, 33743, 39204, 32064, 30337, 27713, 41354, 28696, 30755, 34453, 41530, 38756, 30918, 46817, 36798, 38639, 30299, 32538, 39781, 24045, 33282, 28419, 28731, 40673, 44215, 40643, 28152, 42283, 33149, 39570, 42147, 26667, 36281, 30732, 32879, 45581, 25535, 37320, 34051, 31445, 43198, 31372, 42172, 36102, 30778, 35735, 29093, 37036, 42029, 31414, 42922, 38850, 44866, 36516, 29318, 34527, 30349, 40764, 35440, 27345, 41997, 29759, 36600, 41509, 31122, 30047, 41544, 27781, 37098, 42093, 27561, 32058, 38963, 29563, 27167, 33890, 29373, 34287, 41105, 32897, 26137, 40195, 32283, 29605, 40727, 41773, 27356, 37454, 30134, 27786, 34620, 30094, 28835, 34604, 42771, 31791, 34084, 38382, 29756, 40290, 40609, 27445, 33430, 41551, 31337, 34945, 41136, 29896, 36385, 42761, 33986, 39998, 30788, 37358, 39034, 28183, 35851, 29616, 32413, 43283, 30822, 37140, 41751, 29694, 44264, 32000, 40408, 42803, 26433, 38588, 33784, 38606, 40770, 27605, 36656, 28835, 28849, 32769, 27964, 35876, 39653, 30023, 34718, 32514, 41306, 45668, 33376, 35913, 43277, 34150, 33458, 40789, 28256, 32081, 36489, 28915, 37966, 43649, 32831, 37272, 35466, 32861, 34030, 42911, 34658], "WindowCenter": [10460.0, 10425.0, 10444.0, 10386.0, 10410.0, 10422.0, 10413.0, 10406.0, 10383.0, 10395.0, 10404.0, 10376.0, 10379.0, 10397.0, 10406.0, 10426.0, 10416.0, 10402.0, 10376.0, 10402.0, 10402.0, 10380.0, 10435.0, 10395.0, 10364.0, 10438.0, 10437.0, 10438.0, 10408.0, 10419.0, 10406.0, 10421.0, 10396.0, 10410.0, 10409.0, 10401.0, 10419.0, 10391.0, 10428.0, 10382.0, 10425.0, 10411.0, 10382.0, 10420.0, 10360.0, 10410.0, 10418.0, 10385.0, 10419.0, 10410.0, 10372.0, 10435.0, 10405.0, 10420.0, 10394.0, 10377.0, 10429.0, 10419.0, 10405.0, 10420.0, 10397.0, 10411.0, 10387.0, 10348.0, 10398.0, 10383.0, 10408.0, 10439.0, 10375.0, 10389.0, 10431.0, 10398.0, 10415.0, 10401.0, 10436.0, 10442.0, 10411.0, 10433.0, 10367.0, 10414.0, 10389.0, 10385.0, 10430.0, 10413.0, 10373.0, 10376.0, 10407.0, 10377.0, 10412.0, 10413.0, 10377.0, 10376.0, 10397.0, 10371.0, 10406.0, 10432.0, 10365.0, 10407.0, 10384.0, 10418.0, 10407.0, 10416.0, 10431.0, 10407.0, 10434.0, 10417.0, 10401.0, 10381.0, 10401.0, 10385.0, 10380.0, 10407.0, 10357.0, 10397.0, 10371.0, 10394.0, 10427.0, 10396.0, 10406.0, 10385.0, 10410.0, 10400.0, 10401.0, 10418.0, 10396.0, 10404.0, 10364.0, 10409.0, 10399.0, 10379.0, 10418.0, 10386.0, 10401.0, 10419.0, 10397.0, 10429.0, 10389.0, 10414.0, 10421.0, 10362.0, 10423.0, 10391.0, 10422.0, 10426.0, 10386.0, 10402.0, 10422.0, 10369.0, 10431.0, 10369.0, 10414.0, 10389.0, 10414.0, 10427.0, 10377.0, 10417.0, 10373.0, 10400.0, 10377.0, 10376.0, 10411.0, 10371.0, 10392.0, 10423.0, 10395.0, 10396.0, 10388.0, 10421.0, 10385.0, 10392.0, 10412.0, 10426.0, 10415.0, 10370.0, 10424.0, 10390.0, 10392.0, 10367.0, 10383.0, 10406.0, 10342.0, 10412.0, 10376.0, 10380.0, 10427.0, 10430.0, 10415.0, 10372.0, 10417.0, 10396.0, 10414.0, 10425.0, 10367.0, 10412.0, 10395.0, 10394.0, 10432.0, 10363.0, 10422.0, 10407.0, 10395.0, 10429.0, 10390.0, 10434.0, 10402.0, 10390.0, 10417.0, 10399.0, 10435.0, 10443.0, 10402.0, 10431.0, 10412.0, 10435.0, 10403.0, 10375.0, 10409.0, 10378.0, 10420.0, 10404.0, 10368.0, 10426.0, 10374.0, 10407.0, 10421.0, 10393.0, 10392.0, 10427.0, 10368.0, 10412.0, 10423.0, 10378.0, 10394.0, 10409.0, 10373.0, 10371.0, 10416.0, 10397.0, 10407.0, 10435.0, 10399.0, 10369.0, 10428.0, 10388.0, 10379.0, 10417.0, 10414.0, 10357.0, 10398.0, 10372.0, 10359.0, 10392.0, 10394.0, 10382.0, 10406.0, 10432.0, 10397.0, 10412.0, 10421.0, 10390.0, 10424.0, 10426.0, 10379.0, 10394.0, 10417.0, 10382.0, 10402.0, 10437.0, 10388.0, 10417.0, 10434.0, 10402.0, 10420.0, 10382.0, 10396.0, 10409.0, 10362.0, 10400.0, 10381.0, 10399.0, 10434.0, 10396.0, 10408.0, 10420.0, 10375.0, 10417.0, 10386.0, 10427.0, 10429.0, 10360.0, 10406.0, 10387.0, 10405.0, 10411.0, 10371.0, 10404.0, 10390.0, 10381.0, 10409.0, 10380.0, 10407.0, 10423.0, 10395.0, 10411.0, 10401.0, 10424.0, 10429.0, 10401.0, 10411.0, 10424.0, 10385.0, 10387.0, 10411.0, 10372.0, 10392.0, 10421.0, 10384.0, 10416.0, 10442.0, 10404.0, 10412.0, 10408.0, 10398.0, 10399.0, 10418.0, 10397.0], "WindowWidth": [22186.0, 22090.0, 22128.0, 22006.0, 22053.0, 22073.0, 22048.0, 22034.0, 21984.0, 22011.0, 22031.0, 21974.0, 21979.0, 22019.0, 22034.0, 22079.0, 22052.0, 22025.0, 21970.0, 22025.0, 22022.0, 21979.0, 22097.0, 22013.0, 21956.0, 22104.0, 22103.0, 22107.0, 22043.0, 22066.0, 22035.0, 22070.0, 22013.0, 22043.0, 22041.0, 22025.0, 22063.0, 22003.0, 22079.0, 21986.0, 22076.0, 22044.0, 21984.0, 22062.0, 21944.0, 22041.0, 22060.0, 21990.0, 22060.0, 22045.0, 21968.0, 22096.0, 22033.0, 22064.0, 22013.0, 21980.0, 22084.0, 22065.0, 22031.0, 22065.0, 22010.0, 22043.0, 21990.0, 21910.0, 22020.0, 21989.0, 22041.0, 22106.0, 21971.0, 22002.0, 22090.0, 22020.0, 22054.0, 22028.0, 22100.0, 22114.0, 22044.0, 22085.0, 21951.0, 22047.0, 21999.0, 21993.0, 22092.0, 22048.0, 21970.0, 21971.0, 22035.0, 21970.0, 22047.0, 22047.0, 21972.0, 21966.0, 22011.0, 21955.0, 22034.0, 22087.0, 21949.0, 22037.0, 21984.0, 22061.0, 22037.0, 22051.0, 22084.0, 22030.0, 22091.0, 22058.0, 22019.0, 21979.0, 22018.0, 21979.0, 21973.0, 22030.0, 21929.0, 22013.0, 21958.0, 22009.0, 22079.0, 22011.0, 22029.0, 21983.0, 22040.0, 22018.0, 22019.0, 22054.0, 22005.0, 22029.0, 21943.0, 22039.0, 22018.0, 21978.0, 22062.0, 21995.0, 22024.0, 22060.0, 22014.0, 22077.0, 21997.0, 22050.0, 22065.0, 21944.0, 22070.0, 22008.0, 22067.0, 22079.0, 21996.0, 22023.0, 22067.0, 21958.0, 22085.0, 21957.0, 22048.0, 21992.0, 22049.0, 22075.0, 21971.0, 22057.0, 21963.0, 22018.0, 21967.0, 21965.0, 22042.0, 21959.0, 22006.0, 22073.0, 22008.0, 22011.0, 21996.0, 22065.0, 21989.0, 22004.0, 22043.0, 22073.0, 22047.0, 21956.0, 22069.0, 21991.0, 21993.0, 21948.0, 21981.0, 22028.0, 21900.0, 22041.0, 21972.0, 21979.0, 22080.0, 22082.0, 22050.0, 21958.0, 22052.0, 22010.0, 22046.0, 22071.0, 21955.0, 22049.0, 22015.0, 22008.0, 22088.0, 21946.0, 22072.0, 22036.0, 22011.0, 22082.0, 21999.0, 22089.0, 22023.0, 21997.0, 22057.0, 22021.0, 22095.0, 22116.0, 22026.0, 22087.0, 22043.0, 22092.0, 22026.0, 21968.0, 22035.0, 21972.0, 22063.0, 22028.0, 21955.0, 22074.0, 21966.0, 22030.0, 22064.0, 22003.0, 22007.0, 22077.0, 21956.0, 22045.0, 22072.0, 21977.0, 22006.0, 22036.0, 21963.0, 21961.0, 22055.0, 22011.0, 22031.0, 22096.0, 22018.0, 21956.0, 22079.0, 21993.0, 21975.0, 22056.0, 22045.0, 21927.0, 22009.0, 21955.0, 21933.0, 22000.0, 22009.0, 21982.0, 22032.0, 22087.0, 22012.0, 22046.0, 22066.0, 21999.0, 22069.0, 22075.0, 21977.0, 22010.0, 22052.0, 21982.0, 22023.0, 22098.0, 21998.0, 22053.0, 22088.0, 22021.0, 22060.0, 21979.0, 22006.0, 22036.0, 21940.0, 22018.0, 21981.0, 22015.0, 22089.0, 22016.0, 22036.0, 22061.0, 21964.0, 22052.0, 21990.0, 22072.0, 22078.0, 21933.0, 22025.0, 21990.0, 22025.0, 22040.0, 21958.0, 22026.0, 21999.0, 21981.0, 22041.0, 21982.0, 22035.0, 22069.0, 22006.0, 22045.0, 22025.0, 22069.0, 22082.0, 22018.0, 22037.0, 22066.0, 21982.0, 21985.0, 22041.0, 21961.0, 22001.0, 22061.0, 21989.0, 22051.0, 22109.0, 22030.0, 22043.0, 22036.0, 22012.0, 22011.0, 22054.0, 22007.0]}, "slices": {}}}