{"AcquisitionMatrixPE": 96, "AcquisitionNumber": 1, "AcquisitionTime": "07:36:54.730000", "BandwidthPerPixelPhaseEncode": 33.602, "BaseResolution": 96, "BodyPartExamined": "BRAIN", "ConsistencyInfo": "N4_VD13A_LATEST_20120616", "ConversionSoftware": "dcm2niix", "ConversionSoftwareVersion": "v1.0.20210317", "DerivedVendorReportedEchoSpacing": 0.000620003, "DeviceSerialNumber": "45239", "DwellTime": 2.6e-06, "EchoTime": 0.03, "EchoTrainLength": 47, "EffectiveEchoSpacing": 0.000310001, "FlipAngle": 63, "ImageComments": "Unaliased MB4/PE3", "ImageOrientationPatientDICOM": [0.999922, -0.0113184, -0.00527531, 0.00680267, 0.847991, -0.529967], "ImageType": ["ORIGINAL", "PRIMARY", "M", "ND", "NORM", "MOSAIC"], "ImagingFrequency": 123.191, "InPlanePhaseEncodingDirectionDICOM": "COL", "InstitutionAddress": "E 24th St. 100,Austin,Southmiddle,US,78712", "InstitutionName": "The Univ. of Texas at Austin IRC", "InstitutionalDepartmentName": "IRC", "MRAcquisitionType": "2D", "MagneticFieldStrength": 3, "Manufacturer": "Siemens", "ManufacturersModelName": "Skyra", "Modality": "MR", "MultibandAccelerationFactor": 4, "ParallelReductionFactorInPlane": 2, "PartialFourier": 1, "PatientPosition": "HFS", "PercentPhaseFOV": 100, "PercentSampling": 100, "PhaseEncodingDirection": "j-", "PhaseEncodingSteps": 95, "PhaseResolution": 1, "PixelBandwidth": 2005, "ProcedureStepDescription": "Poldrack2^self-scanning", "ProtocolName": "Resting State fMRI MBEPI_matrix96_BW2004", "PulseSequenceDetails": "%CustomerSeq%\\cmrr_mbep2d_bold", "ReceiveCoilActiveElements": "HEA;HEP", "ReceiveCoilName": "Head_32", "ReconMatrixPE": 96, "RefLinesPE": 48, "RepetitionTime": 1.16, "SAR": 0.114354, "ScanOptions": "FS", "ScanningSequence": "EP", "SequenceName": "epfid2d1_96", "SequenceVariant": "SK", "SeriesDescription": "Resting State fMRI MBEPI_matrix96_BW2004", "SeriesNumber": 6, "ShimSetting": [-2972, 8366, -15456, -832, 192, -498, -36, 149], "SliceThickness": 2, "SliceTiming": [0, 0.4975, 0.9975, 0.355, 0.855, 0.2125, 0.7125, 0.07, 0.57, 1.0675, 0.4275, 0.925, 0.285, 0.7825, 0.1425, 0.64, 0, 0.4975, 0.9975, 0.355, 0.855, 0.2125, 0.7125, 0.07, 0.57, 1.0675, 0.4275, 0.925, 0.285, 0.7825, 0.1425, 0.64, 0, 0.4975, 0.9975, 0.355, 0.855, 0.2125, 0.7125, 0.07, 0.57, 1.0675, 0.4275, 0.925, 0.285, 0.7825, 0.1425, 0.64, 0, 0.4975, 0.9975, 0.355, 0.855, 0.2125, 0.7125, 0.07, 0.57, 1.0675, 0.4275, 0.925, 0.285, 0.7825, 0.1425, 0.64], "SoftwareVersions": "syngo MR D13", "SpacingBetweenSlices": 2.4, "StationName": "AWP45239", "TaskName": "Resting fmri", "TotalReadoutTime": 0.0294501, "TxRefAmp": 336.316, "WipMemBlock": "57e78689-2458-40b2-85a2-76a0da88e244||Sequence: vd13a/R010 r/fd129fc; Dec 13 2013 16:14:27 by eja", "dcmmeta_affine": [[-2.395646333694458, 0.01629805937409401, -0.02513228915631771, 114.47648620605469], [0.02711695060133934, 2.031644344329834, -1.2717365026474, -80.24175262451172], [-0.012638766318559647, 1.2697135210037231, 2.035203695297241, -87.57234191894531], [0.0, 0.0, 0.0, 1.0]], "dcmmeta_reorient_transform": [[0.0, -1.0, 0.0, 95.0], [1.0, 0.0, 0.0, 0.0], [0.0, 0.0, 1.0, 0.0], [0.0, 0.0, 0.0, 1.0]], "dcmmeta_shape": [96, 96, 64, 518], "dcmmeta_slice_dim": 2, "dcmmeta_version": 0.6, "global": {"const": {"AcquisitionMatrix": [96, 0, 0, 96], "AngioFlag": "N", "BitsAllocated": 16, "BitsStored": 16, "BodyPartExamined": "BRAIN", "Columns": 768, "DeidentificationMethodCodeSequence": [{"CodeMeaning": "XNAT Edit Script", "CodeValue": "93", "CodingSchemeDesignator": "XNAT", "CodingSchemeVersion": "0.1"}], "EchoNumbers": 1, "EchoTime": 30.0, "EchoTrainLength": 47, "FlipAngle": 63.0, "HighBit": 15, "ImageOrientationPatient": [0.99992202964542, -0.0113183798001, -0.0052753112214, 0.00680266828973, 0.84799071526108, -0.529967424032], "ImagePositionPatient": [-926.43815657892, -786.28566893443, 463.92083771177], "ImageType": ["ORIGINAL", "PRIMARY", "M", "ND", "NORM", "MOSAIC"], "ImagedNucleus": "1H", "ImagingFrequency": 123.191208, "InPlanePhaseEncodingDirection": "COL", "MRAcquisitionType": "2D", "MagneticFieldStrength": 3.0, "Manufacturer": "SIEMENS", "ManufacturerModelName": "Skyra", "Modality": "MR", "NumberOfAverages": 1.0, "NumberOfPhaseEncodingSteps": 95, "PercentPhaseFieldOfView": 100.0, "PercentSampling": 100.0, "PerformedProcedureStepStartTime": "072453.312000", "PhotometricInterpretation": "MONOCHROME2", "PixelBandwidth": 2005.0, "PixelRepresentation": 0, "PixelSpacing": [2.3958332538605, 2.3958332538605], "ProtocolName": "Resting State fMRI MBEPI_matrix96_BW2004", "RepetitionTime": 1160.0, "Rows": 768, "SAR": 0.11435350494762, "SamplesPerPixel": 1, "ScanOptions": "FS", "ScanningSequence": "EP", "SequenceName": "epfid2d1_96", "SequenceVariant": "SK", "SeriesDescription": "Resting State fMRI MBEPI_matrix96_BW2004", "SeriesNumber": 6, "SeriesTime": "073740.281000", "SliceLocation": -32.940937465812, "SliceThickness": 2.0, "SmallestImagePixelValue": 0, "SoftwareVersions": "syngo MR D13", "SpacingBetweenSlices": 2.3999999868863, "SpecificCharacterSet": "ISO_IR 100", "StudyID": "1", "StudyTime": "072453.257000", "TransmitCoilName": "Body", "VariableFlipAngleFlag": "N", "WindowCenterWidthExplanation": "Algo1", "dBdt": 0.0}, "slices": {}}, "time": {"samples": {"AcquisitionNumber": [1, 2, 3, 4, 5, 6, 7, 8, 9, 10, 11, 12, 13, 14, 15, 16, 17, 18, 19, 20, 21, 22, 23, 24, 25, 26, 27, 28, 29, 30, 31, 32, 33, 34, 35, 36, 37, 38, 39, 40, 41, 42, 43, 44, 45, 46, 47, 48, 49, 50, 51, 52, 53, 54, 55, 56, 57, 58, 59, 60, 61, 62, 63, 64, 65, 66, 67, 68, 69, 70, 71, 72, 73, 74, 75, 76, 77, 78, 79, 80, 81, 82, 83, 84, 85, 86, 87, 88, 89, 90, 91, 92, 93, 94, 95, 96, 97, 98, 99, 100, 101, 102, 103, 104, 105, 106, 107, 108, 109, 110, 111, 112, 113, 114, 115, 116, 117, 118, 119, 120, 121, 122, 123, 124, 125, 126, 127, 128, 129, 130, 131, 132, 133, 134, 135, 136, 137, 138, 139, 140, 141, 142, 143, 144, 145, 146, 147, 148, 149, 150, 151, 152, 153, 154, 155, 156, 157, 158, 159, 160, 161, 162, 163, 164, 165, 166, 167, 168, 169, 170, 171, 172, 173, 174, 175, 176, 177, 178, 179, 180, 181, 182, 183, 184, 185, 186, 187, 188, 189, 190, 191, 192, 193, 194, 195, 196, 197, 198, 199, 200, 201, 202, 203, 204, 205, 206, 207, 208, 209, 210, 211, 212, 213, 214, 215, 216, 217, 218, 219, 220, 221, 222, 223, 224, 225, 226, 227, 228, 229, 230, 231, 232, 233, 234, 235, 236, 237, 238, 239, 240, 241, 242, 243, 244, 245, 246, 247, 248, 249, 250, 251, 252, 253, 254, 255, 256, 257, 258, 259, 260, 261, 262, 263, 264, 265, 266, 267, 268, 269, 270, 271, 272, 273, 274, 275, 276, 277, 278, 279, 280, 281, 282, 283, 284, 285, 286, 287, 288, 289, 290, 291, 292, 293, 294, 295, 296, 297, 298, 299, 300, 301, 302, 303, 304, 305, 306, 307, 308, 309, 310, 311, 312, 313, 314, 315, 316, 317, 318, 319, 320, 321, 322, 323, 324, 325, 326, 327, 328, 329, 330, 331, 332, 333, 334, 335, 336, 337, 338, 339, 340, 341, 342, 343, 344, 345, 346, 347, 348, 349, 350, 351, 352, 353, 354, 355, 356, 357, 358, 359, 360, 361, 362, 363, 364, 365, 366, 367, 368, 369, 370, 371, 372, 373, 374, 375, 376, 377, 378, 379, 380, 381, 382, 383, 384, 385, 386, 387, 388, 389, 390, 391, 392, 393, 394, 395, 396, 397, 398, 399, 400, 401, 402, 403, 404, 405, 406, 407, 408, 409, 410, 411, 412, 413, 414, 415, 416, 417, 418, 419, 420, 421, 422, 423, 424, 425, 426, 427, 428, 429, 430, 431, 432, 433, 434, 435, 436, 437, 438, 439, 440, 441, 442, 443, 444, 445, 446, 447, 448, 449, 450, 451, 452, 453, 454, 455, 456, 457, 458, 459, 460, 461, 462, 463, 464, 465, 466, 467, 468, 469, 470, 471, 472, 473, 474, 475, 476, 477, 478, 479, 480, 481, 482, 483, 484, 485, 486, 487, 488, 489, 490, 491, 492, 493, 494, 495, 496, 497, 498, 499, 500, 501, 502, 503, 504, 505, 506, 507, 508, 509, 510, 511, 512, 513, 514, 515, 516, 517, 518], "AcquisitionTime": ["073654.730000", "073701.670000", "073702.830000", "073703.990000", "073705.150000", "073706.310000", "073707.470000", "073708.630000", "073709.790000", "073710.950000", "073712.110000", "073713.270000", "073714.430000", "073715.590000", "073716.750000", "073717.910000", "073719.070000", "073720.230000", "073721.390000", "073722.550000", "073723.710000", "073724.870000", "073726.030000", "073727.190000", "073728.350000", "073729.510000", "073730.670000", "073731.830000", "073732.990000", "073734.150000", "073735.310000", "073736.470000", "073737.630000", "073738.790000", "073739.950000", "073741.110000", "073742.270000", "073743.430000", "073744.590000", "073745.750000", "073746.910000", "073748.070000", "073749.230000", "073750.390000", "073751.550000", "073752.710000", "073753.870000", "073755.030000", "073756.190000", "073757.350000", "073758.510000", "073759.670000", "073800.830000", "073801.990000", "073803.150000", "073804.310000", "073805.470000", "073806.630000", "073807.790000", "073808.950000", "073810.110000", "073811.270000", "073812.430000", "073813.590000", "073814.750000", "073815.910000", "073817.070000", "073818.230000", "073819.390000", "073820.550000", "073821.710000", "073822.870000", "073824.030000", "073825.190000", "073826.350000", "073827.510000", "073828.670000", "073829.830000", "073830.990000", "073832.150000", "073833.310000", "073834.470000", "073835.630000", "073836.790000", "073837.950000", "073839.110000", "073840.270000", "073841.430000", "073842.590000", "073843.750000", "073844.910000", "073846.070000", "073847.230000", "073848.390000", "073849.550000", "073850.710000", "073851.870000", "073853.030000", "073854.190000", "073855.350000", "073856.510000", "073857.670000", "073858.830000", "073859.990000", "073901.150000", "073902.310000", "073903.470000", "073904.630000", "073905.790000", "073906.950000", "073908.110000", "073909.270000", "073910.430000", "073911.590000", "073912.750000", "073913.910000", "073915.070000", "073916.230000", "073917.390000", "073918.550000", "073919.710000", "073920.870000", "073922.030000", "073923.190000", "073924.350000", "073925.510000", "073926.670000", "073927.830000", "073928.990000", "073930.150000", "073931.310000", "073932.470000", "073933.630000", "073934.790000", "073935.950000", "073937.110000", "073938.270000", "073939.430000", "073940.590000", "073941.750000", "073942.910000", "073944.070000", "073945.230000", "073946.390000", "073947.550000", "073948.710000", "073949.870000", "073951.030000", "073952.190000", "073953.350000", "073954.510000", "073955.670000", "073956.830000", "073957.990000", "073959.150000", "074000.310000", "074001.470000", "074002.630000", "074003.790000", "074004.950000", "074006.110000", "074007.270000", "074008.430000", "074009.590000", "074010.750000", "074011.910000", "074013.070000", "074014.230000", "074015.390000", "074016.550000", "074017.710000", "074018.870000", "074020.030000", "074021.190000", "074022.350000", "074023.510000", "074024.670000", "074025.830000", "074026.990000", "074028.150000", "074029.310000", "074030.470000", "074031.630000", "074032.790000", "074033.950000", "074035.110000", "074036.270000", "074037.430000", "074038.590000", "074039.750000", "074040.910000", "074042.070000", "074043.230000", "074044.390000", "074045.550000", "074046.710000", "074047.870000", "074049.030000", "074050.190000", "074051.350000", "074052.510000", "074053.670000", "074054.830000", "074055.990000", "074057.150000", "074058.310000", "074059.470000", "074100.630000", "074101.790000", "074102.950000", "074104.110000", "074105.270000", "074106.430000", "074107.590000", "074108.750000", "074109.910000", "074111.072500", "074112.232500", "074113.392500", "074114.552500", "074115.712500", "074116.872500", "074118.032500", "074119.192500", "074120.352500", "074121.512500", "074122.672500", "074123.832500", "074124.992500", "074126.152500", "074127.312500", "074128.472500", "074129.632500", "074130.792500", "074131.952500", "074133.112500", "074134.272500", "074135.432500", "074136.592500", "074137.752500", "074138.912500", "074140.072500", "074141.232500", "074142.392500", "074143.552500", "074144.712500", "074145.872500", "074147.032500", "074148.192500", "074149.352500", "074150.512500", "074151.672500", "074152.832500", "074153.992500", "074155.152500", "074156.312500", "074157.472500", "074158.632500", "074159.792500", "074200.952500", "074202.112500", "074203.272500", "074204.432500", "074205.592500", "074206.752500", "074207.912500", "074209.072500", "074210.232500", "074211.392500", "074212.552500", "074213.712500", "074214.872500", "074216.032500", "074217.192500", "074218.352500", "074219.512500", "074220.672500", "074221.832500", "074222.992500", "074224.152500", "074225.312500", "074226.472500", "074227.632500", "074228.792500", "074229.952500", "074231.112500", "074232.272500", "074233.432500", "074234.592500", "074235.752500", "074236.912500", "074238.072500", "074239.232500", "074240.392500", "074241.552500", "074242.712500", "074243.872500", "074245.032500", "074246.192500", "074247.352500", "074248.512500", "074249.672500", "074250.832500", "074251.992500", "074253.152500", "074254.312500", "074255.472500", "074256.632500", "074257.792500", "074258.952500", "074300.112500", "074301.272500", "074302.432500", "074303.592500", "074304.752500", "074305.912500", "074307.072500", "074308.232500", "074309.392500", "074310.552500", "074311.712500", "074312.872500", "074314.032500", "074315.192500", "074316.352500", "074317.512500", "074318.672500", "074319.832500", "074320.992500", "074322.152500", "074323.312500", "074324.472500", "074325.632500", "074326.792500", "074327.952500", "074329.112500", "074330.272500", "074331.432500", "074332.592500", "074333.752500", "074334.912500", "074336.072500", "074337.232500", "074338.392500", "074339.552500", "074340.712500", "074341.872500", "074343.032500", "074344.192500", "074345.352500", "074346.512500", "074347.672500", "074348.832500", "074349.992500", "074351.152500", "074352.312500", "074353.472500", "074354.632500", "074355.792500", "074356.952500", "074358.112500", "074359.272500", "074400.432500", "074401.592500", "074402.752500", "074403.912500", "074405.072500", "074406.232500", "074407.392500", "074408.552500", "074409.712500", "074410.872500", "074412.032500", "074413.192500", "074414.352500", "074415.512500", "074416.672500", "074417.832500", "074418.992500", "074420.152500", "074421.312500", "074422.472500", "074423.632500", "074424.792500", "074425.952500", "074427.112500", "074428.272500", "074429.432500", "074430.592500", "074431.752500", "074432.912500", "074434.072500", "074435.232500", "074436.392500", "074437.552500", "074438.712500", "074439.872500", "074441.032500", "074442.192500", "074443.352500", "074444.512500", "074445.672500", "074446.832500", "074447.992500", "074449.152500", "074450.312500", "074451.472500", "074452.632500", "074453.792500", "074454.952500", "074456.112500", "074457.272500", "074458.432500", "074459.592500", "074500.752500", "074501.912500", "074503.072500", "074504.232500", "074505.392500", "074506.552500", "074507.712500", "074508.872500", "074510.032500", "074511.192500", "074512.352500", "074513.512500", "074514.672500", "074515.832500", "074516.992500", "074518.152500", "074519.312500", "074520.472500", "074521.632500", "074522.792500", "074523.952500", "074525.112500", "074526.272500", "074527.432500", "074528.592500", "074529.752500", "074530.912500", "074532.072500", "074533.232500", "074534.392500", "074535.552500", "074536.712500", "074537.872500", "074539.032500", "074540.192500", "074541.352500", "074542.512500", "074543.672500", "074544.832500", "074545.992500", "074547.152500", "074548.312500", "074549.472500", "074550.632500", "074551.792500", "074552.952500", "074554.112500", "074555.272500", "074556.432500", "074557.592500", "074558.752500", "074559.912500", "074601.075000", "074602.235000", "074603.395000", "074604.555000", "074605.715000", "074606.875000", "074608.035000", "074609.195000", "074610.355000", "074611.515000", "074612.675000", "074613.835000", "074614.995000", "074616.155000", "074617.315000", "074618.475000", "074619.635000", "074620.795000", "074621.955000", "074623.115000", "074624.275000", "074625.435000", "074626.595000", "074627.755000", "074628.915000", "074630.075000", "074631.235000", "074632.395000", "074633.555000", "074634.715000", "074635.875000", "074637.035000", "074638.195000", "074639.355000", "074640.515000", "074641.675000", "074642.835000", "074643.995000", "074645.155000", "074646.315000", "074647.475000", "074648.635000", "074649.795000", "074650.955000", "074652.115000", "074653.275000", "074654.435000", "074655.595000", "074656.755000", "074657.915000", "074659.075000", "074700.235000"], "ContentTime": ["073740.286000", "073740.290000", "073740.294000", "073740.298000", "073740.301000", "073740.305000", "073740.309000", "073740.312000", "073740.316000", "073740.320000", "073740.324000", "073740.328000", "073740.332000", "073740.335000", "073740.339000", "073740.343000", "073740.347000", "073740.351000", "073740.354000", "073740.358000", "073740.362000", "073740.366000", "073740.369000", "073740.373000", "073740.377000", "073740.381000", "073740.385000", "073740.388000", "073740.392000", "073740.396000", "073800.247000", "073800.255000", "073800.259000", "073800.263000", "073800.267000", "073800.271000", "073800.275000", "073800.279000", "073800.283000", "073800.287000", "073800.291000", "073800.295000", "073800.299000", "073800.302000", "073800.306000", "073800.310000", "073800.313000", "073800.317000", "073800.321000", "073800.324000", "073840.247000", "073840.252000", "073840.255000", "073840.260000", "073840.264000", "073840.267000", "073840.271000", "073840.276000", "073840.280000", "073840.284000", "073840.287000", "073840.292000", "073840.296000", "073840.299000", "073840.303000", "073840.307000", "073840.311000", "073840.314000", "073840.318000", "073840.322000", "073840.325000", "073840.329000", "073840.332000", "073840.337000", "073840.340000", "073840.344000", "073840.348000", "073840.352000", "073840.356000", "073840.359000", "073840.363000", "073840.367000", "073840.371000", "073840.375000", "073840.379000", "073920.246000", "073920.250000", "073920.254000", "073920.258000", "073920.263000", "073920.267000", "073920.271000", "073920.275000", "073920.278000", "073920.282000", "073920.287000", "073920.291000", "073920.295000", "073920.298000", "073920.302000", "073920.306000", "073920.310000", "073920.314000", "073920.318000", "073920.321000", "073920.325000", "073920.329000", "073920.333000", "073920.337000", "073920.341000", "073920.344000", "073920.348000", "073920.352000", "073920.356000", "073920.359000", "073920.364000", "073920.367000", "073920.371000", "073920.375000", "073920.379000", "074000.247000", "074000.252000", "074000.256000", "074000.260000", "074000.264000", "074000.267000", "074000.271000", "074000.275000", "074000.279000", "074000.283000", "074000.286000", "074000.291000", "074000.294000", "074000.298000", "074000.302000", "074000.306000", "074000.310000", "074000.313000", "074000.318000", "074000.322000", "074000.326000", "074000.330000", "074000.333000", "074000.338000", "074000.341000", "074000.345000", "074000.349000", "074000.353000", "074000.364000", "074000.368000", "074000.371000", "074000.375000", "074000.379000", "074000.383000", "074040.248000", "074040.253000", "074040.257000", "074040.262000", "074040.266000", "074040.270000", "074040.274000", "074040.278000", "074040.282000", "074040.286000", "074040.290000", "074040.294000", "074040.298000", "074040.301000", "074040.305000", "074040.309000", "074040.312000", "074040.316000", "074040.319000", "074040.323000", "074040.327000", "074040.331000", "074040.334000", "074040.338000", "074040.342000", "074040.346000", "074040.350000", "074040.354000", "074040.358000", "074040.361000", "074040.365000", "074040.369000", "074040.373000", "074040.376000", "074040.380000", "074120.249000", "074120.253000", "074120.256000", "074120.260000", "074120.267000", "074120.270000", "074120.274000", "074120.278000", "074120.282000", "074120.287000", "074120.290000", "074120.294000", "074120.298000", "074120.302000", "074120.306000", "074120.309000", "074120.313000", "074120.316000", "074120.320000", "074120.324000", "074120.328000", "074120.332000", "074120.335000", "074120.339000", "074120.343000", "074120.347000", "074120.350000", "074120.354000", "074120.358000", "074120.362000", "074120.366000", "074120.370000", "074120.374000", "074120.378000", "074200.248000", "074200.252000", "074200.257000", "074200.262000", "074200.266000", "074200.270000", "074200.274000", "074200.278000", "074200.282000", "074200.285000", "074200.289000", "074200.293000", "074200.297000", "074200.301000", "074200.304000", "074200.308000", "074200.312000", "074200.315000", "074200.319000", "074200.322000", "074200.326000", "074200.330000", "074200.333000", "074200.337000", "074200.341000", "074200.345000", "074200.348000", "074200.352000", "074200.356000", "074200.360000", "074200.364000", "074200.367000", "074200.371000", "074200.375000", "074240.248000", "074240.252000", "074240.257000", "074240.261000", "074240.265000", "074240.269000", "074240.273000", "074240.277000", "074240.281000", "074240.285000", "074240.289000", "074240.293000", "074240.296000", "074240.300000", "074240.304000", "074240.308000", "074240.311000", "074240.315000", "074240.319000", "074240.323000", "074240.326000", "074240.330000", "074240.334000", "074240.337000", "074240.341000", "074240.344000", "074240.349000", "074240.353000", "074240.357000", "074240.360000", "074240.365000", "074240.368000", "074240.372000", "074240.376000", "074240.380000", "074300.248000", "074300.253000", "074300.257000", "074300.261000", "074300.264000", "074300.269000", "074300.273000", "074300.276000", "074300.280000", "074300.284000", "074300.288000", "074300.292000", "074300.296000", "074300.300000", "074300.304000", "074300.307000", "074300.311000", "074340.248000", "074340.252000", "074340.260000", "074340.264000", "074340.268000", "074340.271000", "074340.275000", "074340.279000", "074340.283000", "074340.287000", "074340.291000", "074340.295000", "074340.298000", "074340.302000", "074340.306000", "074340.309000", "074340.313000", "074340.317000", "074340.320000", "074340.324000", "074340.328000", "074340.332000", "074340.336000", "074340.339000", "074340.343000", "074340.347000", "074340.360000", "074340.364000", "074340.368000", "074340.371000", "074340.375000", "074340.379000", "074340.383000", "074340.386000", "074340.390000", "074420.247000", "074420.251000", "074420.255000", "074420.259000", "074420.263000", "074420.267000", "074420.271000", "074420.275000", "074420.279000", "074420.283000", "074420.287000", "074420.291000", "074420.295000", "074420.299000", "074420.302000", "074420.306000", "074420.311000", "074420.314000", "074420.318000", "074420.321000", "074420.325000", "074420.328000", "074420.332000", "074420.336000", "074420.340000", "074420.344000", "074420.348000", "074420.352000", "074420.356000", "074420.360000", "074420.364000", "074420.368000", "074420.372000", "074420.376000", "074500.248000", "074500.252000", "074500.255000", "074500.266000", "074500.270000", "074500.274000", "074500.278000", "074500.282000", "074500.285000", "074500.289000", "074500.295000", "074500.299000", "074500.303000", "074500.307000", "074500.310000", "074500.314000", "074500.318000", "074500.321000", "074500.325000", "074500.329000", "074500.332000", "074500.336000", "074500.340000", "074500.344000", "074500.348000", "074500.351000", "074500.355000", "074500.359000", "074500.363000", "074500.367000", "074500.371000", "074500.375000", "074500.379000", "074500.383000", "074500.387000", "074540.248000", "074540.252000", "074540.256000", "074540.260000", "074540.276000", "074540.280000", "074540.290000", "074540.293000", "074540.297000", "074540.301000", "074540.305000", "074540.308000", "074540.312000", "074540.316000", "074540.320000", "074540.323000", "074540.327000", "074540.331000", "074540.334000", "074540.338000", "074540.342000", "074540.346000", "074540.349000", "074540.353000", "074540.357000", "074540.361000", "074540.364000", "074540.368000", "074540.372000", "074540.376000", "074540.379000", "074540.383000", "074540.387000", "074540.391000", "074620.248000", "074620.252000", "074620.256000", "074620.259000", "074620.266000", "074620.270000", "074620.274000", "074620.278000", "074620.282000", "074620.286000", "074620.290000", "074620.294000", "074620.298000", "074620.302000", "074620.305000", "074620.309000", "074620.313000", "074620.317000", "074620.320000", "074620.324000", "074620.328000", "074620.331000", "074620.335000", "074620.339000", "074620.343000", "074620.347000", "074620.351000", "074620.368000", "074620.372000", "074620.376000", "074620.380000", "074620.384000", "074620.388000", "074620.392000", "074620.396000", "074700.246000", "074700.255000", "074700.259000", "074700.263000", "074700.267000", "074700.271000", "074700.275000", "074700.279000", "074700.283000", "074700.286000", "074700.291000", "074700.294000", "074700.298000", "074700.302000", "074700.306000", "074700.310000", "074700.313000", "074700.317000", "074700.321000", "074700.324000", "074700.328000", "074700.332000", "074700.335000", "074700.339000", "074700.342000", "074700.346000", "074700.350000", "074700.353000", "074700.367000", "074700.371000", "074700.375000", "074700.378000", "074700.382000", "074700.386000", "074701.832000", "074701.836000"], "InstanceCreationTime": ["073740.286000", "073740.290000", "073740.294000", "073740.298000", "073740.301000", "073740.305000", "073740.309000", "073740.312000", "073740.316000", "073740.320000", "073740.324000", "073740.328000", "073740.332000", "073740.335000", "073740.339000", "073740.343000", "073740.347000", "073740.351000", "073740.354000", "073740.358000", "073740.362000", "073740.366000", "073740.369000", "073740.373000", "073740.377000", "073740.381000", "073740.385000", "073740.388000", "073740.392000", "073740.396000", "073800.247000", "073800.255000", "073800.259000", "073800.263000", "073800.267000", "073800.271000", "073800.275000", "073800.279000", "073800.283000", "073800.287000", "073800.291000", "073800.295000", "073800.299000", "073800.302000", "073800.306000", "073800.310000", "073800.313000", "073800.317000", "073800.321000", "073800.324000", "073840.247000", "073840.252000", "073840.255000", "073840.260000", "073840.264000", "073840.267000", "073840.271000", "073840.276000", "073840.280000", "073840.284000", "073840.287000", "073840.292000", "073840.296000", "073840.299000", "073840.303000", "073840.307000", "073840.311000", "073840.314000", "073840.318000", "073840.322000", "073840.325000", "073840.329000", "073840.332000", "073840.337000", "073840.340000", "073840.344000", "073840.348000", "073840.352000", "073840.356000", "073840.359000", "073840.363000", "073840.367000", "073840.371000", "073840.375000", "073840.379000", "073920.246000", "073920.250000", "073920.254000", "073920.258000", "073920.263000", "073920.267000", "073920.271000", "073920.275000", "073920.278000", "073920.282000", "073920.287000", "073920.291000", "073920.295000", "073920.298000", "073920.302000", "073920.306000", "073920.310000", "073920.314000", "073920.318000", "073920.321000", "073920.325000", "073920.329000", "073920.333000", "073920.337000", "073920.341000", "073920.344000", "073920.348000", "073920.352000", "073920.356000", "073920.359000", "073920.364000", "073920.367000", "073920.371000", "073920.375000", "073920.379000", "074000.247000", "074000.252000", "074000.256000", "074000.260000", "074000.264000", "074000.267000", "074000.271000", "074000.275000", "074000.279000", "074000.283000", "074000.286000", "074000.291000", "074000.294000", "074000.298000", "074000.302000", "074000.306000", "074000.310000", "074000.313000", "074000.318000", "074000.322000", "074000.326000", "074000.330000", "074000.333000", "074000.338000", "074000.341000", "074000.345000", "074000.349000", "074000.353000", "074000.364000", "074000.368000", "074000.371000", "074000.375000", "074000.379000", "074000.383000", "074040.248000", "074040.253000", "074040.257000", "074040.262000", "074040.266000", "074040.270000", "074040.274000", "074040.278000", "074040.282000", "074040.286000", "074040.290000", "074040.294000", "074040.298000", "074040.301000", "074040.305000", "074040.309000", "074040.312000", "074040.316000", "074040.319000", "074040.323000", "074040.327000", "074040.331000", "074040.334000", "074040.338000", "074040.342000", "074040.346000", "074040.350000", "074040.354000", "074040.358000", "074040.361000", "074040.365000", "074040.369000", "074040.373000", "074040.376000", "074040.380000", "074120.249000", "074120.253000", "074120.256000", "074120.260000", "074120.267000", "074120.270000", "074120.274000", "074120.278000", "074120.282000", "074120.287000", "074120.290000", "074120.294000", "074120.298000", "074120.302000", "074120.306000", "074120.309000", "074120.313000", "074120.316000", "074120.320000", "074120.324000", "074120.328000", "074120.332000", "074120.335000", "074120.339000", "074120.343000", "074120.347000", "074120.350000", "074120.354000", "074120.358000", "074120.362000", "074120.366000", "074120.370000", "074120.374000", "074120.378000", "074200.248000", "074200.252000", "074200.257000", "074200.262000", "074200.266000", "074200.270000", "074200.274000", "074200.278000", "074200.282000", "074200.285000", "074200.289000", "074200.293000", "074200.297000", "074200.301000", "074200.304000", "074200.308000", "074200.312000", "074200.315000", "074200.319000", "074200.322000", "074200.326000", "074200.330000", "074200.333000", "074200.337000", "074200.341000", "074200.345000", "074200.348000", "074200.352000", "074200.356000", "074200.360000", "074200.364000", "074200.367000", "074200.371000", "074200.375000", "074240.248000", "074240.252000", "074240.257000", "074240.261000", "074240.265000", "074240.269000", "074240.273000", "074240.277000", "074240.281000", "074240.285000", "074240.289000", "074240.293000", "074240.296000", "074240.300000", "074240.304000", "074240.308000", "074240.311000", "074240.315000", "074240.319000", "074240.323000", "074240.326000", "074240.330000", "074240.334000", "074240.337000", "074240.341000", "074240.344000", "074240.349000", "074240.353000", "074240.357000", "074240.360000", "074240.365000", "074240.368000", "074240.372000", "074240.376000", "074240.380000", "074300.248000", "074300.253000", "074300.257000", "074300.261000", "074300.264000", "074300.269000", "074300.273000", "074300.276000", "074300.280000", "074300.284000", "074300.288000", "074300.292000", "074300.296000", "074300.300000", "074300.304000", "074300.307000", "074300.311000", "074340.248000", "074340.252000", "074340.260000", "074340.264000", "074340.268000", "074340.271000", "074340.275000", "074340.279000", "074340.283000", "074340.287000", "074340.291000", "074340.295000", "074340.298000", "074340.302000", "074340.306000", "074340.309000", "074340.313000", "074340.317000", "074340.320000", "074340.324000", "074340.328000", "074340.332000", "074340.336000", "074340.339000", "074340.343000", "074340.347000", "074340.360000", "074340.364000", "074340.368000", "074340.371000", "074340.375000", "074340.379000", "074340.383000", "074340.386000", "074340.390000", "074420.247000", "074420.251000", "074420.255000", "074420.259000", "074420.263000", "074420.267000", "074420.271000", "074420.275000", "074420.279000", "074420.283000", "074420.287000", "074420.291000", "074420.295000", "074420.299000", "074420.302000", "074420.306000", "074420.311000", "074420.314000", "074420.318000", "074420.321000", "074420.325000", "074420.328000", "074420.332000", "074420.336000", "074420.340000", "074420.344000", "074420.348000", "074420.352000", "074420.356000", "074420.360000", "074420.364000", "074420.368000", "074420.372000", "074420.376000", "074500.248000", "074500.252000", "074500.255000", "074500.266000", "074500.270000", "074500.274000", "074500.278000", "074500.282000", "074500.285000", "074500.289000", "074500.295000", "074500.299000", "074500.303000", "074500.307000", "074500.310000", "074500.314000", "074500.318000", "074500.321000", "074500.325000", "074500.329000", "074500.332000", "074500.336000", "074500.340000", "074500.344000", "074500.348000", "074500.351000", "074500.355000", "074500.359000", "074500.363000", "074500.367000", "074500.371000", "074500.375000", "074500.379000", "074500.383000", "074500.387000", "074540.248000", "074540.252000", "074540.256000", "074540.260000", "074540.276000", "074540.280000", "074540.290000", "074540.293000", "074540.297000", "074540.301000", "074540.305000", "074540.308000", "074540.312000", "074540.316000", "074540.320000", "074540.323000", "074540.327000", "074540.331000", "074540.334000", "074540.338000", "074540.342000", "074540.346000", "074540.349000", "074540.353000", "074540.357000", "074540.361000", "074540.364000", "074540.368000", "074540.372000", "074540.376000", "074540.379000", "074540.383000", "074540.387000", "074540.391000", "074620.248000", "074620.252000", "074620.256000", "074620.259000", "074620.266000", "074620.270000", "074620.274000", "074620.278000", "074620.282000", "074620.286000", "074620.290000", "074620.294000", "074620.298000", "074620.302000", "074620.305000", "074620.309000", "074620.313000", "074620.317000", "074620.320000", "074620.324000", "074620.328000", "074620.331000", "074620.335000", "074620.339000", "074620.343000", "074620.347000", "074620.351000", "074620.368000", "074620.372000", "074620.376000", "074620.380000", "074620.384000", "074620.388000", "074620.392000", "074620.396000", "074700.246000", "074700.255000", "074700.259000", "074700.263000", "074700.267000", "074700.271000", "074700.275000", "074700.279000", "074700.283000", "074700.286000", "074700.291000", "074700.294000", "074700.298000", "074700.302000", "074700.306000", "074700.310000", "074700.313000", "074700.317000", "074700.321000", "074700.324000", "074700.328000", "074700.332000", "074700.335000", "074700.339000", "074700.342000", "074700.346000", "074700.350000", "074700.353000", "074700.367000", "074700.371000", "074700.375000", "074700.378000", "074700.382000", "074700.386000", "074701.832000", "074701.836000"], "InstanceNumber": [1, 2, 3, 4, 5, 6, 7, 8, 9, 10, 11, 12, 13, 14, 15, 16, 17, 18, 19, 20, 21, 22, 23, 24, 25, 26, 27, 28, 29, 30, 31, 32, 33, 34, 35, 36, 37, 38, 39, 40, 41, 42, 43, 44, 45, 46, 47, 48, 49, 50, 51, 52, 53, 54, 55, 56, 57, 58, 59, 60, 61, 62, 63, 64, 65, 66, 67, 68, 69, 70, 71, 72, 73, 74, 75, 76, 77, 78, 79, 80, 81, 82, 83, 84, 85, 86, 87, 88, 89, 90, 91, 92, 93, 94, 95, 96, 97, 98, 99, 100, 101, 102, 103, 104, 105, 106, 107, 108, 109, 110, 111, 112, 113, 114, 115, 116, 117, 118, 119, 120, 121, 122, 123, 124, 125, 126, 127, 128, 129, 130, 131, 132, 133, 134, 135, 136, 137, 138, 139, 140, 141, 142, 143, 144, 145, 146, 147, 148, 149, 150, 151, 152, 153, 154, 155, 156, 157, 158, 159, 160, 161, 162, 163, 164, 165, 166, 167, 168, 169, 170, 171, 172, 173, 174, 175, 176, 177, 178, 179, 180, 181, 182, 183, 184, 185, 186, 187, 188, 189, 190, 191, 192, 193, 194, 195, 196, 197, 198, 199, 200, 201, 202, 203, 204, 205, 206, 207, 208, 209, 210, 211, 212, 213, 214, 215, 216, 217, 218, 219, 220, 221, 222, 223, 224, 225, 226, 227, 228, 229, 230, 231, 232, 233, 234, 235, 236, 237, 238, 239, 240, 241, 242, 243, 244, 245, 246, 247, 248, 249, 250, 251, 252, 253, 254, 255, 256, 257, 258, 259, 260, 261, 262, 263, 264, 265, 266, 267, 268, 269, 270, 271, 272, 273, 274, 275, 276, 277, 278, 279, 280, 281, 282, 283, 284, 285, 286, 287, 288, 289, 290, 291, 292, 293, 294, 295, 296, 297, 298, 299, 300, 301, 302, 303, 304, 305, 306, 307, 308, 309, 310, 311, 312, 313, 314, 315, 316, 317, 318, 319, 320, 321, 322, 323, 324, 325, 326, 327, 328, 329, 330, 331, 332, 333, 334, 335, 336, 337, 338, 339, 340, 341, 342, 343, 344, 345, 346, 347, 348, 349, 350, 351, 352, 353, 354, 355, 356, 357, 358, 359, 360, 361, 362, 363, 364, 365, 366, 367, 368, 369, 370, 371, 372, 373, 374, 375, 376, 377, 378, 379, 380, 381, 382, 383, 384, 385, 386, 387, 388, 389, 390, 391, 392, 393, 394, 395, 396, 397, 398, 399, 400, 401, 402, 403, 404, 405, 406, 407, 408, 409, 410, 411, 412, 413, 414, 415, 416, 417, 418, 419, 420, 421, 422, 423, 424, 425, 426, 427, 428, 429, 430, 431, 432, 433, 434, 435, 436, 437, 438, 439, 440, 441, 442, 443, 444, 445, 446, 447, 448, 449, 450, 451, 452, 453, 454, 455, 456, 457, 458, 459, 460, 461, 462, 463, 464, 465, 466, 467, 468, 469, 470, 471, 472, 473, 474, 475, 476, 477, 478, 479, 480, 481, 482, 483, 484, 485, 486, 487, 488, 489, 490, 491, 492, 493, 494, 495, 496, 497, 498, 499, 500, 501, 502, 503, 504, 505, 506, 507, 508, 509, 510, 511, 512, 513, 514, 515, 516, 517, 518], "LargestImagePixelValue": [31788, 32426, 35101, 27913, 33760, 30993, 35965, 32118, 30675, 33145, 27286, 32882, 32608, 37951, 27034, 36932, 32414, 29361, 29245, 31562, 34553, 32717, 32563, 31577, 32257, 29835, 28824, 29667, 27087, 26936, 31603, 32692, 36061, 28601, 37489, 31881, 33853, 30542, 37599, 32353, 32353, 28064, 32663, 33685, 31766, 30115, 29319, 29253, 28242, 36904, 29302, 26598, 29985, 30134, 36845, 31037, 32976, 28645, 35531, 32437, 32158, 34940, 28112, 35690, 29646, 32755, 29945, 29848, 33563, 27104, 34750, 31599, 33300, 37787, 29546, 31860, 26913, 28153, 36886, 30437, 32256, 33387, 29041, 32494, 30458, 28674, 33277, 26815, 30791, 32576, 31535, 36504, 32020, 28819, 29178, 34376, 32192, 28772, 35079, 31478, 34194, 31582, 26916, 38211, 30392, 32311, 27026, 31863, 35799, 29756, 31178, 28119, 28321, 36856, 29726, 27005, 27981, 29680, 36265, 27698, 32209, 38274, 26866, 35626, 31593, 36437, 32810, 33267, 35284, 29114, 34820, 31812, 30496, 36376, 28634, 29547, 29160, 30944, 27472, 27976, 36091, 30438, 35459, 32088, 30898, 34099, 30748, 32646, 35735, 29134, 33748, 28944, 33495, 38804, 30387, 33805, 31344, 31293, 33206, 29716, 33476, 41310, 30158, 27207, 31454, 27860, 27373, 29214, 27893, 28168, 35400, 31595, 33076, 35537, 29814, 36067, 28861, 33483, 31537, 30746, 34407, 28178, 29525, 32022, 31124, 36823, 29640, 29839, 31493, 33917, 39484, 28507, 27129, 30643, 33687, 38021, 27280, 30407, 27490, 28514, 35778, 29073, 27259, 34806, 27867, 32960, 29327, 29322, 34145, 32253, 27879, 32336, 28134, 35971, 30293, 35609, 35843, 29258, 32805, 35475, 29197, 27121, 30961, 27705, 36143, 29658, 31291, 30993, 27487, 30477, 27367, 28631, 30740, 33514, 31692, 33493, 30589, 32640, 30972, 29182, 29872, 32620, 33398, 30142, 35610, 37404, 27951, 33532, 32746, 32252, 32288, 27595, 37062, 30478, 33309, 28782, 31051, 34338, 31585, 37196, 29884, 33698, 30178, 32046, 35262, 28595, 37335, 31201, 34234, 30200, 27505, 31318, 31368, 35082, 29015, 36344, 30360, 34616, 31176, 36595, 30463, 27390, 27462, 28870, 30054, 32923, 30767, 34692, 27507, 29073, 30452, 28498, 36164, 28642, 30237, 28251, 33226, 27381, 33579, 35278, 27345, 36174, 30718, 36457, 31627, 29452, 28740, 32497, 38128, 32123, 27845, 33696, 34499, 29629, 34490, 27621, 27370, 31941, 28193, 32240, 35557, 27296, 36299, 31508, 30024, 31418, 28817, 31795, 28550, 33911, 32567, 31979, 36577, 27564, 34341, 30995, 29710, 31942, 27456, 34229, 32189, 27634, 36808, 27893, 34026, 32333, 31017, 32199, 30324, 39334, 31482, 33327, 29721, 34391, 29086, 29273, 36104, 27433, 30114, 30744, 28509, 29302, 27721, 35689, 28673, 29065, 27365, 33654, 31123, 27485, 35267, 31673, 29816, 30618, 29056, 29050, 29366, 34536, 27997, 34784, 29881, 29187, 34854, 32255, 35414, 29831, 37628, 27360, 36520, 36509, 30516, 31887, 29456, 30620, 30996, 27408, 36638, 37262, 27236, 37532, 34728, 29888, 31719, 35854, 27087, 30218, 27705, 33801, 30417, 34913, 29860, 34459, 29870, 31201, 36408, 27554, 27873, 29151, 34326, 33514, 27620, 33470, 30087, 30204, 31425, 28534, 35055, 28852, 32410, 30477, 30887, 27345, 28010, 32647, 28607, 28903, 29538, 28210, 31644, 33584, 37004, 27176, 34454, 30972, 33759, 33006, 27170, 32338, 35303, 35137, 31944, 32404, 36825, 29957, 32105, 27327, 29216, 35215, 29779, 31898, 36211, 27286, 33179, 27949, 32052, 28836, 27315, 32225, 30121, 34294, 32816, 33197, 34293, 29291, 36724, 35186, 27900, 32537, 30686, 29518, 36839, 27573, 29769, 29982, 28413, 33534, 28176, 28464, 29960, 28400, 33056, 37885, 31662, 32538, 36524, 27749, 31014, 28633, 29098, 30902, 32878, 29602, 30733, 36767, 35242, 33722, 30875, 30077, 29276, 29366, 27105, 28252, 28348, 33410, 36381, 27770, 28803, 30751], "WindowCenter": [10617.0, 10591.0, 10590.0, 10559.0, 10572.0, 10567.0, 10581.0, 10580.0, 10564.0, 10582.0, 10551.0, 10583.0, 10586.0, 10606.0, 10553.0, 10603.0, 10587.0, 10576.0, 10569.0, 10565.0, 10562.0, 10544.0, 10539.0, 10535.0, 10542.0, 10537.0, 10526.0, 10536.0, 10540.0, 10557.0, 10585.0, 10593.0, 10599.0, 10574.0, 10603.0, 10585.0, 10578.0, 10570.0, 10591.0, 10581.0, 10591.0, 10569.0, 10585.0, 10585.0, 10578.0, 10569.0, 10560.0, 10552.0, 10561.0, 10591.0, 10570.0, 10557.0, 10559.0, 10563.0, 10591.0, 10565.0, 10569.0, 10543.0, 10562.0, 10551.0, 10560.0, 10573.0, 10547.0, 10576.0, 10556.0, 10573.0, 10568.0, 10568.0, 10589.0, 10570.0, 10582.0, 10572.0, 10587.0, 10593.0, 10570.0, 10575.0, 10545.0, 10555.0, 10592.0, 10567.0, 10575.0, 10572.0, 10549.0, 10559.0, 10556.0, 10559.0, 10580.0, 10566.0, 10579.0, 10577.0, 10573.0, 10595.0, 10573.0, 10559.0, 10560.0, 10584.0, 10559.0, 10549.0, 10578.0, 10568.0, 10577.0, 10567.0, 10558.0, 10594.0, 10565.0, 10582.0, 10564.0, 10579.0, 10586.0, 10571.0, 10573.0, 10549.0, 10559.0, 10590.0, 10560.0, 10543.0, 10552.0, 10561.0, 10581.0, 10559.0, 10584.0, 10607.0, 10558.0, 10580.0, 10565.0, 10586.0, 10582.0, 10580.0, 10593.0, 10571.0, 10585.0, 10569.0, 10575.0, 10596.0, 10571.0, 10571.0, 10570.0, 10567.0, 10559.0, 10561.0, 10592.0, 10577.0, 10591.0, 10572.0, 10560.0, 10579.0, 10563.0, 10570.0, 10578.0, 10557.0, 10577.0, 10555.0, 10588.0, 10594.0, 10565.0, 10578.0, 10579.0, 10565.0, 10576.0, 10564.0, 10583.0, 10603.0, 10567.0, 10559.0, 10564.0, 10549.0, 10542.0, 10551.0, 10550.0, 10557.0, 10583.0, 10574.0, 10581.0, 10585.0, 10562.0, 10579.0, 10558.0, 10571.0, 10571.0, 10566.0, 10588.0, 10567.0, 10566.0, 10574.0, 10571.0, 10589.0, 10559.0, 10560.0, 10554.0, 10577.0, 10588.0, 10554.0, 10554.0, 10559.0, 10574.0, 10589.0, 10547.0, 10569.0, 10550.0, 10554.0, 10591.0, 10568.0, 10559.0, 10592.0, 10558.0, 10580.0, 10578.0, 10576.0, 10593.0, 10587.0, 10557.0, 10574.0, 10554.0, 10586.0, 10561.0, 10583.0, 10577.0, 10558.0, 10574.0, 10596.0, 10580.0, 10560.0, 10573.0, 10555.0, 10588.0, 10557.0, 10565.0, 10556.0, 10540.0, 10552.0, 10548.0, 10568.0, 10580.0, 10591.0, 10585.0, 10592.0, 10575.0, 10584.0, 10579.0, 10570.0, 10573.0, 10595.0, 10634.0, 10588.0, 10600.0, 10595.0, 10546.0, 10566.0, 10558.0, 10555.0, 10558.0, 10548.0, 10592.0, 10567.0, 10580.0, 10557.0, 10577.0, 10577.0, 10560.0, 10573.0, 10543.0, 10568.0, 10554.0, 10562.0, 10571.0, 10548.0, 10576.0, 10557.0, 10570.0, 10558.0, 10548.0, 10562.0, 10563.0, 10582.0, 10559.0, 10590.0, 10555.0, 10568.0, 10549.0, 10569.0, 10555.0, 10546.0, 10555.0, 10562.0, 10552.0, 10567.0, 10556.0, 10565.0, 10534.0, 10551.0, 10544.0, 10548.0, 10586.0, 10553.0, 10558.0, 10546.0, 10556.0, 10529.0, 10563.0, 10571.0, 10545.0, 10580.0, 10567.0, 10592.0, 10567.0, 10562.0, 10558.0, 10567.0, 10579.0, 10564.0, 10536.0, 10562.0, 10550.0, 10538.0, 10567.0, 10538.0, 10543.0, 10571.0, 10552.0, 10568.0, 10579.0, 10552.0, 10584.0, 10556.0, 10551.0, 10569.0, 10557.0, 10565.0, 10555.0, 10565.0, 10553.0, 10555.0, 10576.0, 10538.0, 10559.0, 10540.0, 10529.0, 10545.0, 10534.0, 10562.0, 10559.0, 10551.0, 10581.0, 10556.0, 10588.0, 10568.0, 10565.0, 10565.0, 10564.0, 10584.0, 10561.0, 10582.0, 10563.0, 10572.0, 10545.0, 10564.0, 10578.0, 10545.0, 10559.0, 10548.0, 10535.0, 10547.0, 10550.0, 10576.0, 10549.0, 10558.0, 10537.0, 10574.0, 10554.0, 10557.0, 10584.0, 10570.0, 10561.0, 10555.0, 10540.0, 10531.0, 10546.0, 10563.0, 10549.0, 10574.0, 10550.0, 10548.0, 10567.0, 10560.0, 10568.0, 10558.0, 10584.0, 10548.0, 10594.0, 10596.0, 10566.0, 10561.0, 10551.0, 10543.0, 10550.0, 10531.0, 10579.0, 10579.0, 10536.0, 10576.0, 10562.0, 10544.0, 10552.0, 10570.0, 10547.0, 10563.0, 10537.0, 10571.0, 10560.0, 10567.0, 10548.0, 10569.0, 10536.0, 10553.0, 10570.0, 10535.0, 10544.0, 10541.0, 10557.0, 10563.0, 10531.0, 10561.0, 10548.0, 10546.0, 10539.0, 10532.0, 10564.0, 10544.0, 10560.0, 10547.0, 10550.0, 10522.0, 10526.0, 10560.0, 10543.0, 10549.0, 10551.0, 10539.0, 10550.0, 10569.0, 10569.0, 10537.0, 10559.0, 10553.0, 10562.0, 10565.0, 10554.0, 10574.0, 10593.0, 10592.0, 10579.0, 10573.0, 10580.0, 10552.0, 10564.0, 10546.0, 10561.0, 10579.0, 10547.0, 10561.0, 10578.0, 10529.0, 10543.0, 10512.0, 10531.0, 10519.0, 10527.0, 10552.0, 10546.0, 10567.0, 10563.0, 10553.0, 10558.0, 10549.0, 10571.0, 10566.0, 10537.0, 10558.0, 10549.0, 10556.0, 10588.0, 10542.0, 10556.0, 10544.0, 10539.0, 10560.0, 10544.0, 10555.0, 10563.0, 10551.0, 10567.0, 10583.0, 10569.0, 10571.0, 10585.0, 10550.0, 10559.0, 10535.0, 10545.0, 10553.0, 10562.0, 10541.0, 10539.0, 10556.0, 10548.0, 10545.0, 10528.0, 10535.0, 10537.0, 10534.0, 10534.0, 10547.0, 10553.0, 10567.0, 10575.0, 10538.0, 10543.0, 10554.0], "WindowWidth": [22639.0, 22558.0, 22547.0, 22476.0, 22500.0, 22486.0, 22520.0, 22512.0, 22481.0, 22518.0, 22456.0, 22522.0, 22531.0, 22574.0, 22454.0, 22570.0, 22535.0, 22509.0, 22494.0, 22478.0, 22465.0, 22427.0, 22416.0, 22402.0, 22425.0, 22414.0, 22390.0, 22413.0, 22420.0, 22468.0, 22525.0, 22547.0, 22558.0, 22504.0, 22565.0, 22522.0, 22508.0, 22493.0, 22539.0, 22516.0, 22541.0, 22490.0, 22523.0, 22524.0, 22509.0, 22490.0, 22468.0, 22449.0, 22471.0, 22535.0, 22492.0, 22468.0, 22469.0, 22477.0, 22536.0, 22480.0, 22484.0, 22427.0, 22467.0, 22445.0, 22467.0, 22493.0, 22438.0, 22501.0, 22456.0, 22494.0, 22486.0, 22487.0, 22533.0, 22490.0, 22516.0, 22499.0, 22525.0, 22540.0, 22491.0, 22501.0, 22434.0, 22456.0, 22537.0, 22487.0, 22501.0, 22494.0, 22443.0, 22463.0, 22458.0, 22466.0, 22514.0, 22485.0, 22516.0, 22506.0, 22497.0, 22546.0, 22497.0, 22466.0, 22467.0, 22515.0, 22464.0, 22442.0, 22505.0, 22487.0, 22505.0, 22480.0, 22463.0, 22540.0, 22481.0, 22517.0, 22483.0, 22512.0, 22524.0, 22490.0, 22495.0, 22440.0, 22465.0, 22534.0, 22466.0, 22430.0, 22450.0, 22472.0, 22514.0, 22469.0, 22522.0, 22570.0, 22465.0, 22513.0, 22478.0, 22525.0, 22520.0, 22511.0, 22539.0, 22493.0, 22523.0, 22487.0, 22503.0, 22547.0, 22493.0, 22494.0, 22488.0, 22481.0, 22465.0, 22469.0, 22540.0, 22502.0, 22535.0, 22488.0, 22465.0, 22509.0, 22474.0, 22485.0, 22505.0, 22459.0, 22499.0, 22453.0, 22526.0, 22541.0, 22476.0, 22506.0, 22503.0, 22475.0, 22500.0, 22473.0, 22517.0, 22559.0, 22482.0, 22463.0, 22474.0, 22439.0, 22421.0, 22444.0, 22443.0, 22459.0, 22515.0, 22494.0, 22513.0, 22516.0, 22464.0, 22506.0, 22455.0, 22487.0, 22491.0, 22481.0, 22529.0, 22481.0, 22479.0, 22496.0, 22488.0, 22527.0, 22462.0, 22460.0, 22448.0, 22498.0, 22526.0, 22451.0, 22452.0, 22461.0, 22498.0, 22526.0, 22436.0, 22485.0, 22442.0, 22452.0, 22534.0, 22485.0, 22464.0, 22534.0, 22460.0, 22512.0, 22507.0, 22502.0, 22541.0, 22525.0, 22461.0, 22496.0, 22456.0, 22518.0, 22462.0, 22512.0, 22498.0, 22460.0, 22499.0, 22544.0, 22507.0, 22467.0, 22489.0, 22458.0, 22527.0, 22458.0, 22477.0, 22452.0, 22419.0, 22448.0, 22436.0, 22484.0, 22511.0, 22537.0, 22520.0, 22535.0, 22501.0, 22518.0, 22509.0, 22488.0, 22494.0, 22551.0, 22653.0, 22528.0, 22555.0, 22539.0, 22428.0, 22471.0, 22457.0, 22447.0, 22454.0, 22437.0, 22529.0, 22475.0, 22506.0, 22457.0, 22495.0, 22499.0, 22462.0, 22486.0, 22422.0, 22477.0, 22449.0, 22464.0, 22482.0, 22433.0, 22488.0, 22452.0, 22485.0, 22456.0, 22436.0, 22467.0, 22467.0, 22509.0, 22462.0, 22524.0, 22448.0, 22476.0, 22432.0, 22477.0, 22451.0, 22431.0, 22449.0, 22467.0, 22442.0, 22475.0, 22455.0, 22469.0, 22403.0, 22439.0, 22423.0, 22434.0, 22516.0, 22449.0, 22455.0, 22431.0, 22451.0, 22393.0, 22469.0, 22488.0, 22430.0, 22505.0, 22475.0, 22531.0, 22480.0, 22469.0, 22461.0, 22477.0, 22503.0, 22466.0, 22405.0, 22462.0, 22435.0, 22409.0, 22472.0, 22411.0, 22423.0, 22485.0, 22446.0, 22480.0, 22504.0, 22445.0, 22513.0, 22451.0, 22443.0, 22482.0, 22456.0, 22475.0, 22449.0, 22469.0, 22442.0, 22447.0, 22492.0, 22411.0, 22458.0, 22415.0, 22389.0, 22422.0, 22402.0, 22462.0, 22454.0, 22445.0, 22509.0, 22453.0, 22524.0, 22481.0, 22472.0, 22473.0, 22467.0, 22515.0, 22462.0, 22506.0, 22466.0, 22489.0, 22428.0, 22472.0, 22502.0, 22428.0, 22459.0, 22433.0, 22406.0, 22432.0, 22440.0, 22495.0, 22434.0, 22455.0, 22411.0, 22487.0, 22448.0, 22456.0, 22513.0, 22481.0, 22463.0, 22444.0, 22411.0, 22395.0, 22429.0, 22464.0, 22434.0, 22489.0, 22440.0, 22433.0, 22479.0, 22456.0, 22475.0, 22455.0, 22512.0, 22434.0, 22538.0, 22546.0, 22475.0, 22461.0, 22438.0, 22419.0, 22430.0, 22393.0, 22503.0, 22500.0, 22407.0, 22492.0, 22459.0, 22426.0, 22442.0, 22480.0, 22432.0, 22465.0, 22409.0, 22483.0, 22456.0, 22475.0, 22430.0, 22475.0, 22406.0, 22440.0, 22479.0, 22406.0, 22425.0, 22414.0, 22450.0, 22465.0, 22398.0, 22460.0, 22429.0, 22428.0, 22410.0, 22399.0, 22469.0, 22423.0, 22458.0, 22430.0, 22431.0, 22370.0, 22384.0, 22461.0, 22420.0, 22434.0, 22440.0, 22411.0, 22436.0, 22479.0, 22477.0, 22407.0, 22454.0, 22443.0, 22460.0, 22467.0, 22451.0, 22498.0, 22538.0, 22532.0, 22504.0, 22491.0, 22503.0, 22439.0, 22466.0, 22428.0, 22464.0, 22500.0, 22433.0, 22458.0, 22493.0, 22390.0, 22416.0, 22346.0, 22388.0, 22362.0, 22383.0, 22435.0, 22425.0, 22473.0, 22461.0, 22440.0, 22452.0, 22437.0, 22481.0, 22471.0, 22409.0, 22455.0, 22433.0, 22450.0, 22521.0, 22421.0, 22450.0, 22422.0, 22408.0, 22456.0, 22426.0, 22447.0, 22468.0, 22441.0, 22472.0, 22506.0, 22478.0, 22480.0, 22512.0, 22431.0, 22455.0, 22401.0, 22421.0, 22440.0, 22460.0, 22415.0, 22410.0, 22442.0, 22428.0, 22418.0, 22382.0, 22399.0, 22408.0, 22400.0, 22399.0, 22430.0, 22438.0, 22470.0, 22487.0, 22408.0, 22422.0, 22442.0]}, "slices": {}}}