{"AcquisitionMatrixPE": 96, "AcquisitionNumber": 1, "AcquisitionTime": "07:31:7.957500", "BandwidthPerPixelPhaseEncode": 33.602, "BaseResolution": 96, "BodyPartExamined": "BRAIN", "ConsistencyInfo": "N4_VD11D_LATEST_20110129", "ConversionSoftware": "dcm2niix", "ConversionSoftwareVersion": "v1.0.20210317", "DerivedVendorReportedEchoSpacing": 0.000620003, "DeviceSerialNumber": "45239", "DwellTime": 2.6e-06, "EchoTime": 0.03, "EchoTrainLength": 48, "EffectiveEchoSpacing": 0.000310001, "FlipAngle": 63, "ImageComments": "Unaliased MB4/PE3", "ImageOrientationPatientDICOM": [0.999947, -0.00912488, 0.00477036, 0.0102966, 0.886157, -0.463271], "ImageType": ["ORIGINAL", "PRIMARY", "M", "ND", "NORM", "MOSAIC"], "ImagingFrequency": 123.193, "InPlanePhaseEncodingDirectionDICOM": "COL", "InstitutionAddress": "E 24th St. 100,Austin,Southmiddle,US,78712", "InstitutionName": "Univ of Texas at Austin", "InstitutionalDepartmentName": "IRC", "MRAcquisitionType": "2D", "MagneticFieldStrength": 3, "Manufacturer": "Siemens", "ManufacturersModelName": "Skyra", "Modality": "MR", "MultibandAccelerationFactor": 4, "ParallelReductionFactorInPlane": 2, "PartialFourier": 1, "PatientPosition": "HFS", "PercentPhaseFOV": 100, "PercentSampling": 100, "PhaseEncodingDirection": "j-", "PhaseEncodingSteps": 96, "PhaseResolution": 1, "PixelBandwidth": 2005, "ProcedureStepDescription": "Poldrack2^self-scanning", "ProtocolName": "Resting State fMRI MBEPI_matrix96_BW2004", "PulseSequenceDetails": "%CustomerSeq%\\cmrr_mbep2d_bold", "ReceiveCoilActiveElements": "HEA;HEP", "ReceiveCoilName": "Head_32", "ReconMatrixPE": 96, "RefLinesPE": 94, "RepetitionTime": 1.16, "SAR": 0.104555, "ScanOptions": "FS", "ScanningSequence": "EP", "SequenceName": "epfid2d1_96", "SequenceVariant": "SK", "SeriesDescription": "Resting State fMRI MBEPI_matrix96_BW2004", "SeriesNumber": 6, "ShimSetting": [-2777, 8039, -15397, 107, -178, 61, 217, -46], "SliceThickness": 2, "SliceTiming": [0, 0.4975, 0.9975, 0.355, 0.855, 0.2125, 0.7125, 0.07, 0.57, 1.0675, 0.4275, 0.925, 0.285, 0.7825, 0.1425, 0.64, 0, 0.4975, 0.9975, 0.355, 0.855, 0.2125, 0.7125, 0.07, 0.57, 1.0675, 0.4275, 0.925, 0.285, 0.7825, 0.1425, 0.64, 0, 0.4975, 0.9975, 0.355, 0.855, 0.2125, 0.7125, 0.07, 0.57, 1.0675, 0.4275, 0.925, 0.285, 0.7825, 0.1425, 0.64, 0, 0.4975, 0.9975, 0.355, 0.855, 0.2125, 0.7125, 0.07, 0.57, 1.0675, 0.4275, 0.925, 0.285, 0.7825, 0.1425, 0.64], "SoftwareVersions": "syngo MR D11", "SpacingBetweenSlices": 2.4, "StationName": "AWP45239", "TaskName": "Resting fmri", "TotalReadoutTime": 0.0294501, "TxRefAmp": 346.173, "WipMemBlock": "375f5ee4-98fd-4063-949a-2574e862f838||Sequence: VD11D r206; Feb 13 2013 18:52:04 by eja", "dcmmeta_affine": [[-2.3957061767578125, 0.024668918922543526, -1.6859440066241405e-08, 116.92047882080078], [0.021861692890524864, 2.1230833530426025, -1.1119104623794556, -85.58000183105469], [0.011428997851908207, 1.1099212169647217, 2.1268885135650635, -69.81901550292969], [0.0, 0.0, 0.0, 1.0]], "dcmmeta_reorient_transform": [[0.0, -1.0, 0.0, 95.0], [1.0, 0.0, 0.0, 0.0], [0.0, 0.0, 1.0, 0.0], [0.0, 0.0, 0.0, 1.0]], "dcmmeta_shape": [96, 96, 64, 518], "dcmmeta_slice_dim": 2, "dcmmeta_version": 0.6, "global": {"const": {"AcquisitionMatrix": [96, 0, 0, 96], "AngioFlag": "N", "BitsAllocated": 16, "BitsStored": 16, "BodyPartExamined": "BRAIN", "Columns": 768, "EchoNumbers": 1, "EchoTime": 30.0, "EchoTrainLength": 48, "FlipAngle": 63.0, "HighBit": 15, "ImageOrientationPatient": [0.99994698868542, -0.0091248804654, 0.00477036428861, 0.0102965925895, 0.88615660080238, -0.4632714744461], "ImagePositionPatient": [-932.51008226664, -822.12343698913, 404.7168794686], "ImageType": ["ORIGINAL", "PRIMARY", "M", "ND", "NORM", "MOSAIC"], "ImagedNucleus": "1H", "ImagingFrequency": 123.193085, "InPlanePhaseEncodingDirection": "COL", "MRAcquisitionType": "2D", "MagneticFieldStrength": 3.0, "Manufacturer": "SIEMENS", "ManufacturerModelName": "Skyra", "Modality": "MR", "NumberOfAverages": 1.0, "NumberOfPhaseEncodingSteps": 96, "PercentPhaseFieldOfView": 100.0, "PercentSampling": 100.0, "PerformedProcedureStepStartTime": "072146.046000", "PhotometricInterpretation": "MONOCHROME2", "PixelBandwidth": 2005.0, "PixelRepresentation": 0, "PixelSpacing": [2.3958332538605, 2.3958332538605], "ProtocolName": "Resting State fMRI MBEPI_matrix96_BW2004", "RepetitionTime": 1160.0, "Rows": 768, "SAR": 0.10455506689648, "SamplesPerPixel": 1, "ScanOptions": "FS", "ScanningSequence": "EP", "SequenceName": "epfid2d1_96", "SequenceVariant": "SK", "SeriesDescription": "Resting State fMRI MBEPI_matrix96_BW2004", "SeriesNumber": 6, "SeriesTime": "073147.921000", "SliceLocation": -22.224987293233, "SliceThickness": 2.0, "SmallestImagePixelValue": 0, "SoftwareVersions": "syngo MR D11", "SpacingBetweenSlices": 2.4000000031901, "SpecificCharacterSet": "ISO_IR 100", "StudyID": "1", "StudyTime": "072145.953000", "TransmitCoilName": "Body", "VariableFlipAngleFlag": "N", "WindowCenterWidthExplanation": "Algo1", "dBdt": 0.0}, "slices": {}}, "time": {"samples": {"AcquisitionNumber": [1, 2, 3, 4, 5, 6, 7, 8, 9, 10, 11, 12, 13, 14, 15, 16, 17, 18, 19, 20, 21, 22, 23, 24, 25, 26, 27, 28, 29, 30, 31, 32, 33, 34, 35, 36, 37, 38, 39, 40, 41, 42, 43, 44, 45, 46, 47, 48, 49, 50, 51, 52, 53, 54, 55, 56, 57, 58, 59, 60, 61, 62, 63, 64, 65, 66, 67, 68, 69, 70, 71, 72, 73, 74, 75, 76, 77, 78, 79, 80, 81, 82, 83, 84, 85, 86, 87, 88, 89, 90, 91, 92, 93, 94, 95, 96, 97, 98, 99, 100, 101, 102, 103, 104, 105, 106, 107, 108, 109, 110, 111, 112, 113, 114, 115, 116, 117, 118, 119, 120, 121, 122, 123, 124, 125, 126, 127, 128, 129, 130, 131, 132, 133, 134, 135, 136, 137, 138, 139, 140, 141, 142, 143, 144, 145, 146, 147, 148, 149, 150, 151, 152, 153, 154, 155, 156, 157, 158, 159, 160, 161, 162, 163, 164, 165, 166, 167, 168, 169, 170, 171, 172, 173, 174, 175, 176, 177, 178, 179, 180, 181, 182, 183, 184, 185, 186, 187, 188, 189, 190, 191, 192, 193, 194, 195, 196, 197, 198, 199, 200, 201, 202, 203, 204, 205, 206, 207, 208, 209, 210, 211, 212, 213, 214, 215, 216, 217, 218, 219, 220, 221, 222, 223, 224, 225, 226, 227, 228, 229, 230, 231, 232, 233, 234, 235, 236, 237, 238, 239, 240, 241, 242, 243, 244, 245, 246, 247, 248, 249, 250, 251, 252, 253, 254, 255, 256, 257, 258, 259, 260, 261, 262, 263, 264, 265, 266, 267, 268, 269, 270, 271, 272, 273, 274, 275, 276, 277, 278, 279, 280, 281, 282, 283, 284, 285, 286, 287, 288, 289, 290, 291, 292, 293, 294, 295, 296, 297, 298, 299, 300, 301, 302, 303, 304, 305, 306, 307, 308, 309, 310, 311, 312, 313, 314, 315, 316, 317, 318, 319, 320, 321, 322, 323, 324, 325, 326, 327, 328, 329, 330, 331, 332, 333, 334, 335, 336, 337, 338, 339, 340, 341, 342, 343, 344, 345, 346, 347, 348, 349, 350, 351, 352, 353, 354, 355, 356, 357, 358, 359, 360, 361, 362, 363, 364, 365, 366, 367, 368, 369, 370, 371, 372, 373, 374, 375, 376, 377, 378, 379, 380, 381, 382, 383, 384, 385, 386, 387, 388, 389, 390, 391, 392, 393, 394, 395, 396, 397, 398, 399, 400, 401, 402, 403, 404, 405, 406, 407, 408, 409, 410, 411, 412, 413, 414, 415, 416, 417, 418, 419, 420, 421, 422, 423, 424, 425, 426, 427, 428, 429, 430, 431, 432, 433, 434, 435, 436, 437, 438, 439, 440, 441, 442, 443, 444, 445, 446, 447, 448, 449, 450, 451, 452, 453, 454, 455, 456, 457, 458, 459, 460, 461, 462, 463, 464, 465, 466, 467, 468, 469, 470, 471, 472, 473, 474, 475, 476, 477, 478, 479, 480, 481, 482, 483, 484, 485, 486, 487, 488, 489, 490, 491, 492, 493, 494, 495, 496, 497, 498, 499, 500, 501, 502, 503, 504, 505, 506, 507, 508, 509, 510, 511, 512, 513, 514, 515, 516, 517, 518], "AcquisitionTime": ["073107.957500", "073136.957500", "073138.117500", "073139.277500", "073140.437500", "073141.597500", "073142.757500", "073143.917500", "073145.077500", "073146.237500", "073147.397500", "073148.557500", "073149.717500", "073150.877500", "073152.037500", "073153.197500", "073154.357500", "073155.517500", "073156.677500", "073157.837500", "073158.997500", "073200.157500", "073201.317500", "073202.477500", "073203.637500", "073204.797500", "073205.957500", "073207.117500", "073208.277500", "073209.437500", "073210.597500", "073211.757500", "073212.917500", "073214.077500", "073215.237500", "073216.397500", "073217.557500", "073218.717500", "073219.877500", "073221.037500", "073222.197500", "073223.357500", "073224.517500", "073225.677500", "073226.837500", "073227.997500", "073229.157500", "073230.317500", "073231.477500", "073232.637500", "073233.797500", "073234.957500", "073236.117500", "073237.277500", "073238.437500", "073239.597500", "073240.757500", "073241.917500", "073243.077500", "073244.237500", "073245.397500", "073246.557500", "073247.717500", "073248.877500", "073250.037500", "073251.197500", "073252.357500", "073253.517500", "073254.677500", "073255.837500", "073256.997500", "073258.157500", "073259.317500", "073300.477500", "073301.637500", "073302.797500", "073303.957500", "073305.117500", "073306.277500", "073307.437500", "073308.597500", "073309.757500", "073310.917500", "073312.077500", "073313.237500", "073314.397500", "073315.557500", "073316.717500", "073317.877500", "073319.037500", "073320.197500", "073321.357500", "073322.517500", "073323.677500", "073324.837500", "073325.997500", "073327.157500", "073328.317500", "073329.477500", "073330.637500", "073331.797500", "073332.957500", "073334.117500", "073335.277500", "073336.437500", "073337.597500", "073338.757500", "073339.917500", "073341.077500", "073342.237500", "073343.397500", "073344.557500", "073345.717500", "073346.877500", "073348.037500", "073349.197500", "073350.357500", "073351.517500", "073352.677500", "073353.837500", "073354.997500", "073356.157500", "073357.317500", "073358.477500", "073359.637500", "073400.797500", "073401.957500", "073403.117500", "073404.277500", "073405.437500", "073406.597500", "073407.757500", "073408.917500", "073410.077500", "073411.237500", "073412.397500", "073413.557500", "073414.717500", "073415.877500", "073417.037500", "073418.197500", "073419.357500", "073420.517500", "073421.677500", "073422.837500", "073423.997500", "073425.157500", "073426.317500", "073427.477500", "073428.637500", "073429.797500", "073430.957500", "073432.117500", "073433.277500", "073434.440000", "073435.600000", "073436.760000", "073437.920000", "073439.080000", "073440.240000", "073441.400000", "073442.560000", "073443.720000", "073444.880000", "073446.040000", "073447.200000", "073448.360000", "073449.520000", "073450.680000", "073451.840000", "073453.000000", "073454.160000", "073455.320000", "073456.480000", "073457.640000", "073458.800000", "073459.960000", "073501.120000", "073502.280000", "073503.440000", "073504.600000", "073505.760000", "073506.920000", "073508.080000", "073509.240000", "073510.400000", "073511.560000", "073512.720000", "073513.880000", "073515.040000", "073516.200000", "073517.360000", "073518.520000", "073519.680000", "073520.840000", "073522.000000", "073523.160000", "073524.320000", "073525.480000", "073526.640000", "073527.800000", "073528.960000", "073530.120000", "073531.280000", "073532.440000", "073533.600000", "073534.760000", "073535.920000", "073537.080000", "073538.240000", "073539.400000", "073540.560000", "073541.720000", "073542.880000", "073544.040000", "073545.200000", "073546.360000", "073547.520000", "073548.680000", "073549.840000", "073551.000000", "073552.160000", "073553.320000", "073554.480000", "073555.640000", "073556.800000", "073557.960000", "073559.120000", "073600.280000", "073601.440000", "073602.600000", "073603.760000", "073604.920000", "073606.080000", "073607.240000", "073608.400000", "073609.560000", "073610.720000", "073611.880000", "073613.040000", "073614.200000", "073615.360000", "073616.520000", "073617.680000", "073618.840000", "073620.000000", "073621.160000", "073622.320000", "073623.480000", "073624.640000", "073625.800000", "073626.960000", "073628.120000", "073629.280000", "073630.440000", "073631.600000", "073632.760000", "073633.920000", "073635.080000", "073636.240000", "073637.400000", "073638.560000", "073639.720000", "073640.880000", "073642.040000", "073643.200000", "073644.360000", "073645.520000", "073646.680000", "073647.840000", "073649.000000", "073650.160000", "073651.320000", "073652.480000", "073653.640000", "073654.800000", "073655.960000", "073657.120000", "073658.280000", "073659.440000", "073700.600000", "073701.760000", "073702.920000", "073704.080000", "073705.240000", "073706.400000", "073707.560000", "073708.720000", "073709.880000", "073711.040000", "073712.200000", "073713.360000", "073714.520000", "073715.680000", "073716.840000", "073718.000000", "073719.160000", "073720.320000", "073721.480000", "073722.640000", "073723.800000", "073724.960000", "073726.120000", "073727.280000", "073728.440000", "073729.600000", "073730.760000", "073731.920000", "073733.080000", "073734.240000", "073735.400000", "073736.560000", "073737.720000", "073738.880000", "073740.040000", "073741.200000", "073742.360000", "073743.520000", "073744.680000", "073745.840000", "073747.000000", "073748.160000", "073749.320000", "073750.480000", "073751.640000", "073752.800000", "073753.960000", "073755.120000", "073756.280000", "073757.440000", "073758.600000", "073759.760000", "073800.920000", "073802.080000", "073803.240000", "073804.400000", "073805.560000", "073806.720000", "073807.880000", "073809.040000", "073810.200000", "073811.360000", "073812.520000", "073813.680000", "073814.840000", "073816.000000", "073817.160000", "073818.320000", "073819.480000", "073820.640000", "073821.800000", "073822.960000", "073824.120000", "073825.280000", "073826.440000", "073827.600000", "073828.760000", "073829.920000", "073831.080000", "073832.240000", "073833.400000", "073834.560000", "073835.720000", "073836.880000", "073838.040000", "073839.200000", "073840.360000", "073841.520000", "073842.680000", "073843.840000", "073845.000000", "073846.160000", "073847.320000", "073848.480000", "073849.640000", "073850.800000", "073851.960000", "073853.120000", "073854.280000", "073855.440000", "073856.600000", "073857.760000", "073858.920000", "073900.080000", "073901.240000", "073902.400000", "073903.560000", "073904.720000", "073905.880000", "073907.040000", "073908.200000", "073909.360000", "073910.520000", "073911.680000", "073912.840000", "073914.000000", "073915.160000", "073916.320000", "073917.480000", "073918.640000", "073919.800000", "073920.960000", "073922.120000", "073923.280000", "073924.442500", "073925.602500", "073926.762500", "073927.922500", "073929.082500", "073930.242500", "073931.402500", "073932.562500", "073933.722500", "073934.882500", "073936.042500", "073937.202500", "073938.362500", "073939.522500", "073940.682500", "073941.842500", "073943.002500", "073944.162500", "073945.322500", "073946.482500", "073947.642500", "073948.802500", "073949.962500", "073951.122500", "073952.282500", "073953.442500", "073954.602500", "073955.762500", "073956.922500", "073958.082500", "073959.242500", "074000.402500", "074001.562500", "074002.722500", "074003.882500", "074005.042500", "074006.202500", "074007.362500", "074008.522500", "074009.682500", "074010.842500", "074012.002500", "074013.162500", "074014.322500", "074015.482500", "074016.642500", "074017.802500", "074018.962500", "074020.122500", "074021.282500", "074022.442500", "074023.602500", "074024.762500", "074025.922500", "074027.082500", "074028.242500", "074029.402500", "074030.562500", "074031.722500", "074032.882500", "074034.042500", "074035.202500", "074036.362500", "074037.522500", "074038.682500", "074039.842500", "074041.002500", "074042.162500", "074043.322500", "074044.482500", "074045.642500", "074046.802500", "074047.962500", "074049.122500", "074050.282500", "074051.442500", "074052.602500", "074053.762500", "074054.922500", "074056.082500", "074057.242500", "074058.402500", "074059.562500", "074100.722500", "074101.882500", "074103.042500", "074104.202500", "074105.362500", "074106.522500", "074107.682500", "074108.842500", "074110.002500", "074111.162500", "074112.322500", "074113.482500", "074114.642500", "074115.802500", "074116.962500", "074118.122500", "074119.282500", "074120.442500", "074121.602500", "074122.762500", "074123.922500", "074125.082500", "074126.242500", "074127.402500", "074128.562500", "074129.722500", "074130.882500", "074132.042500", "074133.202500", "074134.362500", "074135.522500"], "ContentTime": ["073147.921000", "073153.078000", "073153.078000", "073153.093000", "073153.093000", "073158.078000", "073158.078000", "073158.078000", "073158.093000", "073203.078000", "073203.078000", "073203.093000", "073203.109000", "073208.078000", "073208.078000", "073208.093000", "073208.093000", "073213.078000", "073213.078000", "073213.078000", "073213.078000", "073218.078000", "073218.093000", "073218.093000", "073223.078000", "073223.078000", "073223.093000", "073223.093000", "073228.078000", "073228.078000", "073228.078000", "073228.078000", "073233.078000", "073233.078000", "073233.093000", "073238.078000", "073238.093000", "073238.093000", "073238.093000", "073243.078000", "073243.093000", "073243.093000", "073243.109000", "073248.078000", "073248.078000", "073248.093000", "073253.078000", "073253.078000", "073253.078000", "073253.078000", "073258.078000", "073258.093000", "073258.093000", "073303.078000", "073303.078000", "073303.093000", "073303.093000", "073308.078000", "073308.078000", "073308.093000", "073308.093000", "073313.078000", "073313.078000", "073313.093000", "073313.093000", "073318.078000", "073318.078000", "073318.093000", "073323.078000", "073323.078000", "073323.078000", "073323.078000", "073323.093000", "073328.078000", "073328.078000", "073328.093000", "073333.078000", "073333.078000", "073333.078000", "073333.078000", "073333.093000", "073338.078000", "073338.078000", "073338.078000", "073343.078000", "073343.093000", "073343.093000", "073343.093000", "073348.078000", "073348.078000", "073348.093000", "073348.093000", "073353.078000", "073353.078000", "073353.078000", "073353.078000", "073358.078000", "073358.078000", "073358.078000", "073358.078000", "073403.078000", "073403.078000", "073403.078000", "073408.078000", "073408.078000", "073408.078000", "073408.078000", "073413.078000", "073413.078000", "073413.078000", "073413.078000", "073418.078000", "073418.078000", "073418.078000", "073418.078000", "073423.078000", "073423.078000", "073423.093000", "073428.078000", "073428.078000", "073428.078000", "073428.093000", "073433.078000", "073433.078000", "073433.078000", "073438.078000", "073438.078000", "073438.109000", "073438.109000", "073443.078000", "073443.078000", "073443.093000", "073443.093000", "073448.078000", "073448.078000", "073448.093000", "073448.093000", "073453.078000", "073453.078000", "073453.093000", "073453.093000", "073458.078000", "073458.093000", "073458.093000", "073503.078000", "073503.109000", "073503.109000", "073503.125000", "073508.078000", "073508.093000", "073508.093000", "073508.093000", "073513.078000", "073513.078000", "073513.078000", "073513.078000", "073518.078000", "073518.078000", "073518.078000", "073518.078000", "073523.078000", "073523.078000", "073523.093000", "073528.078000", "073528.078000", "073528.093000", "073528.093000", "073533.078000", "073533.078000", "073533.093000", "073533.093000", "073538.078000", "073538.078000", "073538.078000", "073543.078000", "073543.078000", "073543.109000", "073543.109000", "073548.078000", "073548.078000", "073548.093000", "073548.093000", "073553.078000", "073553.078000", "073553.093000", "073553.093000", "073558.078000", "073558.078000", "073558.093000", "073558.093000", "073603.078000", "073603.078000", "073603.078000", "073603.078000", "073608.078000", "073608.078000", "073608.078000", "073608.078000", "073613.078000", "073613.078000", "073613.078000", "073613.078000", "073618.078000", "073618.078000", "073618.078000", "073623.078000", "073623.078000", "073623.078000", "073623.078000", "073628.078000", "073628.078000", "073628.078000", "073628.078000", "073633.078000", "073633.078000", "073633.078000", "073638.078000", "073638.078000", "073638.109000", "073638.109000", "073638.109000", "073643.078000", "073643.078000", "073643.078000", "073648.078000", "073648.078000", "073648.078000", "073648.093000", "073653.078000", "073653.078000", "073653.078000", "073653.093000", "073658.078000", "073658.078000", "073658.078000", "073703.078000", "073703.078000", "073703.078000", "073703.078000", "073708.078000", "073708.078000", "073708.078000", "073708.078000", "073713.078000", "073713.078000", "073713.078000", "073713.078000", "073713.093000", "073718.078000", "073718.078000", "073718.078000", "073723.078000", "073723.078000", "073723.078000", "073723.093000", "073728.078000", "073728.078000", "073728.078000", "073728.078000", "073733.078000", "073733.078000", "073733.078000", "073733.078000", "073738.078000", "073738.078000", "073738.078000", "073738.078000", "073743.078000", "073743.078000", "073743.078000", "073743.078000", "073748.078000", "073748.078000", "073748.078000", "073753.078000", "073753.078000", "073753.078000", "073753.093000", "073758.078000", "073758.078000", "073758.078000", "073758.078000", "073803.078000", "073803.078000", "073803.109000", "073803.125000", "073808.078000", "073808.078000", "073808.093000", "073808.093000", "073813.078000", "073813.093000", "073813.093000", "073813.093000", "073818.078000", "073818.078000", "073818.078000", "073818.093000", "073823.078000", "073823.078000", "073823.109000", "073828.078000", "073828.078000", "073828.078000", "073828.093000", "073833.078000", "073833.078000", "073833.078000", "073833.078000", "073838.078000", "073838.078000", "073838.093000", "073838.093000", "073843.078000", "073843.078000", "073843.093000", "073843.109000", "073848.078000", "073848.078000", "073848.078000", "073848.093000", "073853.078000", "073853.078000", "073853.093000", "073853.093000", "073858.078000", "073858.078000", "073858.078000", "073903.078000", "073903.093000", "073903.093000", "073903.093000", "073908.078000", "073908.078000", "073908.078000", "073908.078000", "073913.078000", "073913.078000", "073913.078000", "073918.078000", "073918.078000", "073918.078000", "073918.109000", "073923.078000", "073923.078000", "073923.078000", "073923.093000", "073928.078000", "073928.093000", "073928.093000", "073933.078000", "073933.078000", "073933.093000", "073933.093000", "073938.078000", "073938.078000", "073938.109000", "073938.125000", "073943.078000", "073943.078000", "073943.093000", "073943.093000", "073948.078000", "073948.078000", "073948.078000", "073948.078000", "073953.078000", "073953.078000", "073953.078000", "073953.078000", "073958.078000", "073958.078000", "073958.093000", "073958.093000", "074003.078000", "074003.078000", "074003.078000", "074003.078000", "074008.078000", "074008.078000", "074008.078000", "074013.078000", "074013.078000", "074013.093000", "074013.093000", "074018.078000", "074018.078000", "074018.125000", "074023.078000", "074023.093000", "074023.093000", "074023.093000", "074028.078000", "074028.093000", "074028.093000", "074028.093000", "074033.078000", "074033.078000", "074033.093000", "074033.109000", "074038.078000", "074038.078000", "074038.078000", "074043.078000", "074043.093000", "074043.093000", "074043.109000", "074048.078000", "074048.078000", "074048.078000", "074048.078000", "074053.078000", "074053.078000", "074053.078000", "074053.078000", "074058.078000", "074058.078000", "074058.093000", "074103.078000", "074103.078000", "074103.078000", "074103.093000", "074108.078000", "074108.078000", "074108.078000", "074108.078000", "074113.078000", "074113.078000", "074113.078000", "074113.093000", "074118.078000", "074118.078000", "074118.078000", "074118.078000", "074123.078000", "074123.078000", "074123.078000", "074123.093000", "074128.078000", "074128.093000", "074128.093000", "074133.078000", "074133.078000", "074133.093000", "074133.093000", "074138.078000", "074138.078000", "074138.125000", "074138.125000", "074143.078000", "074143.078000", "074143.093000", "074143.093000", "074148.078000", "074148.078000", "074148.093000", "074148.093000", "074153.078000", "074153.093000", "074153.109000", "074153.109000", "074158.078000", "074158.078000", "074158.093000", "074158.093000", "074203.078000", "074203.078000", "074203.078000", "074203.078000", "074208.078000", "074208.078000", "074208.078000", "074208.078000", "074213.078000", "074213.078000", "074213.078000", "074213.078000", "074218.078000", "074218.078000", "074218.078000", "074218.093000", "074223.078000", "074223.078000", "074223.078000", "074223.078000", "074228.078000", "074228.078000", "074228.078000", "074228.093000", "074233.078000", "074233.078000", "074233.078000", "074233.093000", "074238.078000", "074238.078000", "074238.078000", "074238.109000", "074243.078000", "074243.078000", "074243.078000", "074243.093000", "074248.078000", "074248.078000", "074248.078000", "074248.093000", "074253.078000", "074253.078000", "074253.078000", "074253.078000", "074258.078000", "074258.078000", "074258.078000", "074303.078000", "074303.078000", "074303.078000", "074303.078000", "074304.906000", "074304.906000"], "InstanceCreationTime": ["073147.921000", "073153.078000", "073153.078000", "073153.093000", "073153.093000", "073158.078000", "073158.078000", "073158.078000", "073158.093000", "073203.078000", "073203.078000", "073203.093000", "073203.109000", "073208.078000", "073208.078000", "073208.093000", "073208.093000", "073213.078000", "073213.078000", "073213.078000", "073213.078000", "073218.078000", "073218.093000", "073218.093000", "073223.078000", "073223.078000", "073223.093000", "073223.093000", "073228.078000", "073228.078000", "073228.078000", "073228.078000", "073233.078000", "073233.078000", "073233.093000", "073238.078000", "073238.093000", "073238.093000", "073238.093000", "073243.078000", "073243.093000", "073243.093000", "073243.109000", "073248.078000", "073248.078000", "073248.093000", "073253.078000", "073253.078000", "073253.078000", "073253.078000", "073258.078000", "073258.093000", "073258.093000", "073303.078000", "073303.078000", "073303.093000", "073303.093000", "073308.078000", "073308.078000", "073308.093000", "073308.093000", "073313.078000", "073313.078000", "073313.093000", "073313.093000", "073318.078000", "073318.078000", "073318.093000", "073323.078000", "073323.078000", "073323.078000", "073323.078000", "073323.093000", "073328.078000", "073328.078000", "073328.093000", "073333.078000", "073333.078000", "073333.078000", "073333.078000", "073333.093000", "073338.078000", "073338.078000", "073338.078000", "073343.078000", "073343.093000", "073343.093000", "073343.093000", "073348.078000", "073348.078000", "073348.093000", "073348.093000", "073353.078000", "073353.078000", "073353.078000", "073353.078000", "073358.078000", "073358.078000", "073358.078000", "073358.078000", "073403.078000", "073403.078000", "073403.078000", "073408.078000", "073408.078000", "073408.078000", "073408.078000", "073413.078000", "073413.078000", "073413.078000", "073413.078000", "073418.078000", "073418.078000", "073418.078000", "073418.078000", "073423.078000", "073423.078000", "073423.093000", "073428.078000", "073428.078000", "073428.078000", "073428.093000", "073433.078000", "073433.078000", "073433.078000", "073438.078000", "073438.078000", "073438.109000", "073438.109000", "073443.078000", "073443.078000", "073443.093000", "073443.093000", "073448.078000", "073448.078000", "073448.093000", "073448.093000", "073453.078000", "073453.078000", "073453.093000", "073453.093000", "073458.078000", "073458.093000", "073458.093000", "073503.078000", "073503.109000", "073503.109000", "073503.125000", "073508.078000", "073508.093000", "073508.093000", "073508.093000", "073513.078000", "073513.078000", "073513.078000", "073513.078000", "073518.078000", "073518.078000", "073518.078000", "073518.078000", "073523.078000", "073523.078000", "073523.093000", "073528.078000", "073528.078000", "073528.093000", "073528.093000", "073533.078000", "073533.078000", "073533.093000", "073533.093000", "073538.078000", "073538.078000", "073538.078000", "073543.078000", "073543.078000", "073543.109000", "073543.109000", "073548.078000", "073548.078000", "073548.093000", "073548.093000", "073553.078000", "073553.078000", "073553.093000", "073553.093000", "073558.078000", "073558.078000", "073558.093000", "073558.093000", "073603.078000", "073603.078000", "073603.078000", "073603.078000", "073608.078000", "073608.078000", "073608.078000", "073608.078000", "073613.078000", "073613.078000", "073613.078000", "073613.078000", "073618.078000", "073618.078000", "073618.078000", "073623.078000", "073623.078000", "073623.078000", "073623.078000", "073628.078000", "073628.078000", "073628.078000", "073628.078000", "073633.078000", "073633.078000", "073633.078000", "073638.078000", "073638.078000", "073638.109000", "073638.109000", "073638.109000", "073643.078000", "073643.078000", "073643.078000", "073648.078000", "073648.078000", "073648.078000", "073648.093000", "073653.078000", "073653.078000", "073653.078000", "073653.093000", "073658.078000", "073658.078000", "073658.078000", "073703.078000", "073703.078000", "073703.078000", "073703.078000", "073708.078000", "073708.078000", "073708.078000", "073708.078000", "073713.078000", "073713.078000", "073713.078000", "073713.078000", "073713.093000", "073718.078000", "073718.078000", "073718.078000", "073723.078000", "073723.078000", "073723.078000", "073723.093000", "073728.078000", "073728.078000", "073728.078000", "073728.078000", "073733.078000", "073733.078000", "073733.078000", "073733.078000", "073738.078000", "073738.078000", "073738.078000", "073738.078000", "073743.078000", "073743.078000", "073743.078000", "073743.078000", "073748.078000", "073748.078000", "073748.078000", "073753.078000", "073753.078000", "073753.078000", "073753.093000", "073758.078000", "073758.078000", "073758.078000", "073758.078000", "073803.078000", "073803.078000", "073803.109000", "073803.125000", "073808.078000", "073808.078000", "073808.093000", "073808.093000", "073813.078000", "073813.093000", "073813.093000", "073813.093000", "073818.078000", "073818.078000", "073818.078000", "073818.093000", "073823.078000", "073823.078000", "073823.109000", "073828.078000", "073828.078000", "073828.078000", "073828.093000", "073833.078000", "073833.078000", "073833.078000", "073833.078000", "073838.078000", "073838.078000", "073838.093000", "073838.093000", "073843.078000", "073843.078000", "073843.093000", "073843.109000", "073848.078000", "073848.078000", "073848.078000", "073848.093000", "073853.078000", "073853.078000", "073853.093000", "073853.093000", "073858.078000", "073858.078000", "073858.078000", "073903.078000", "073903.093000", "073903.093000", "073903.093000", "073908.078000", "073908.078000", "073908.078000", "073908.078000", "073913.078000", "073913.078000", "073913.078000", "073918.078000", "073918.078000", "073918.078000", "073918.109000", "073923.078000", "073923.078000", "073923.078000", "073923.093000", "073928.078000", "073928.093000", "073928.093000", "073933.078000", "073933.078000", "073933.093000", "073933.093000", "073938.078000", "073938.078000", "073938.109000", "073938.125000", "073943.078000", "073943.078000", "073943.093000", "073943.093000", "073948.078000", "073948.078000", "073948.078000", "073948.078000", "073953.078000", "073953.078000", "073953.078000", "073953.078000", "073958.078000", "073958.078000", "073958.093000", "073958.093000", "074003.078000", "074003.078000", "074003.078000", "074003.078000", "074008.078000", "074008.078000", "074008.078000", "074013.078000", "074013.078000", "074013.093000", "074013.093000", "074018.078000", "074018.078000", "074018.125000", "074023.078000", "074023.093000", "074023.093000", "074023.093000", "074028.078000", "074028.093000", "074028.093000", "074028.093000", "074033.078000", "074033.078000", "074033.093000", "074033.109000", "074038.078000", "074038.078000", "074038.078000", "074043.078000", "074043.093000", "074043.093000", "074043.109000", "074048.078000", "074048.078000", "074048.078000", "074048.078000", "074053.078000", "074053.078000", "074053.078000", "074053.078000", "074058.078000", "074058.078000", "074058.093000", "074103.078000", "074103.078000", "074103.078000", "074103.093000", "074108.078000", "074108.078000", "074108.078000", "074108.078000", "074113.078000", "074113.078000", "074113.078000", "074113.093000", "074118.078000", "074118.078000", "074118.078000", "074118.078000", "074123.078000", "074123.078000", "074123.078000", "074123.093000", "074128.078000", "074128.093000", "074128.093000", "074133.078000", "074133.078000", "074133.093000", "074133.093000", "074138.078000", "074138.078000", "074138.125000", "074138.125000", "074143.078000", "074143.078000", "074143.093000", "074143.093000", "074148.078000", "074148.078000", "074148.093000", "074148.093000", "074153.078000", "074153.093000", "074153.109000", "074153.109000", "074158.078000", "074158.078000", "074158.093000", "074158.093000", "074203.078000", "074203.078000", "074203.078000", "074203.078000", "074208.078000", "074208.078000", "074208.078000", "074208.078000", "074213.078000", "074213.078000", "074213.078000", "074213.078000", "074218.078000", "074218.078000", "074218.078000", "074218.093000", "074223.078000", "074223.078000", "074223.078000", "074223.078000", "074228.078000", "074228.078000", "074228.078000", "074228.093000", "074233.078000", "074233.078000", "074233.078000", "074233.093000", "074238.078000", "074238.078000", "074238.078000", "074238.109000", "074243.078000", "074243.078000", "074243.078000", "074243.093000", "074248.078000", "074248.078000", "074248.078000", "074248.093000", "074253.078000", "074253.078000", "074253.078000", "074253.078000", "074258.078000", "074258.078000", "074258.078000", "074303.078000", "074303.078000", "074303.078000", "074303.078000", "074304.906000", "074304.906000"], "InstanceNumber": [1, 2, 3, 4, 5, 6, 7, 8, 9, 10, 11, 12, 13, 14, 15, 16, 17, 18, 19, 20, 21, 22, 23, 24, 25, 26, 27, 28, 29, 30, 31, 32, 33, 34, 35, 36, 37, 38, 39, 40, 41, 42, 43, 44, 45, 46, 47, 48, 49, 50, 51, 52, 53, 54, 55, 56, 57, 58, 59, 60, 61, 62, 63, 64, 65, 66, 67, 68, 69, 70, 71, 72, 73, 74, 75, 76, 77, 78, 79, 80, 81, 82, 83, 84, 85, 86, 87, 88, 89, 90, 91, 92, 93, 94, 95, 96, 97, 98, 99, 100, 101, 102, 103, 104, 105, 106, 107, 108, 109, 110, 111, 112, 113, 114, 115, 116, 117, 118, 119, 120, 121, 122, 123, 124, 125, 126, 127, 128, 129, 130, 131, 132, 133, 134, 135, 136, 137, 138, 139, 140, 141, 142, 143, 144, 145, 146, 147, 148, 149, 150, 151, 152, 153, 154, 155, 156, 157, 158, 159, 160, 161, 162, 163, 164, 165, 166, 167, 168, 169, 170, 171, 172, 173, 174, 175, 176, 177, 178, 179, 180, 181, 182, 183, 184, 185, 186, 187, 188, 189, 190, 191, 192, 193, 194, 195, 196, 197, 198, 199, 200, 201, 202, 203, 204, 205, 206, 207, 208, 209, 210, 211, 212, 213, 214, 215, 216, 217, 218, 219, 220, 221, 222, 223, 224, 225, 226, 227, 228, 229, 230, 231, 232, 233, 234, 235, 236, 237, 238, 239, 240, 241, 242, 243, 244, 245, 246, 247, 248, 249, 250, 251, 252, 253, 254, 255, 256, 257, 258, 259, 260, 261, 262, 263, 264, 265, 266, 267, 268, 269, 270, 271, 272, 273, 274, 275, 276, 277, 278, 279, 280, 281, 282, 283, 284, 285, 286, 287, 288, 289, 290, 291, 292, 293, 294, 295, 296, 297, 298, 299, 300, 301, 302, 303, 304, 305, 306, 307, 308, 309, 310, 311, 312, 313, 314, 315, 316, 317, 318, 319, 320, 321, 322, 323, 324, 325, 326, 327, 328, 329, 330, 331, 332, 333, 334, 335, 336, 337, 338, 339, 340, 341, 342, 343, 344, 345, 346, 347, 348, 349, 350, 351, 352, 353, 354, 355, 356, 357, 358, 359, 360, 361, 362, 363, 364, 365, 366, 367, 368, 369, 370, 371, 372, 373, 374, 375, 376, 377, 378, 379, 380, 381, 382, 383, 384, 385, 386, 387, 388, 389, 390, 391, 392, 393, 394, 395, 396, 397, 398, 399, 400, 401, 402, 403, 404, 405, 406, 407, 408, 409, 410, 411, 412, 413, 414, 415, 416, 417, 418, 419, 420, 421, 422, 423, 424, 425, 426, 427, 428, 429, 430, 431, 432, 433, 434, 435, 436, 437, 438, 439, 440, 441, 442, 443, 444, 445, 446, 447, 448, 449, 450, 451, 452, 453, 454, 455, 456, 457, 458, 459, 460, 461, 462, 463, 464, 465, 466, 467, 468, 469, 470, 471, 472, 473, 474, 475, 476, 477, 478, 479, 480, 481, 482, 483, 484, 485, 486, 487, 488, 489, 490, 491, 492, 493, 494, 495, 496, 497, 498, 499, 500, 501, 502, 503, 504, 505, 506, 507, 508, 509, 510, 511, 512, 513, 514, 515, 516, 517, 518], "LargestImagePixelValue": [34532, 33515, 27054, 26915, 28413, 27855, 34148, 27181, 26556, 27550, 32229, 27277, 33739, 26995, 31097, 30420, 34455, 33135, 31343, 32295, 26603, 28426, 32055, 34120, 29468, 26807, 27089, 26623, 28211, 30084, 26820, 26698, 27269, 28290, 30947, 33130, 33184, 32615, 34585, 26526, 28975, 31497, 35063, 27414, 26710, 27677, 32546, 34818, 28569, 26521, 26432, 32894, 35071, 31948, 26440, 26906, 33316, 33770, 32209, 27370, 29116, 26705, 30656, 33116, 31759, 26581, 26634, 27123, 33462, 26708, 26702, 27499, 32787, 33745, 26642, 29939, 34584, 30234, 30517, 26609, 30271, 32407, 34645, 31170, 26619, 28045, 32301, 33328, 34268, 30500, 27421, 26697, 27496, 33534, 37453, 30015, 26653, 26590, 30464, 32915, 32522, 31147, 28280, 26655, 33171, 32913, 28727, 27809, 26773, 27219, 34020, 33068, 31858, 29712, 26870, 26717, 27314, 33158, 32301, 31619, 30805, 26496, 26825, 31590, 32663, 30590, 33322, 34310, 32352, 32484, 32941, 31394, 26736, 26782, 26502, 26456, 28040, 32627, 32367, 31925, 26613, 33444, 26879, 28537, 34026, 33085, 32841, 33857, 26525, 31218, 32262, 27851, 29352, 27304, 34392, 26788, 26578, 26906, 27321, 33827, 37479, 29927, 27787, 31483, 33393, 29779, 26536, 26728, 31067, 34757, 29151, 34677, 29082, 26528, 26665, 26552, 31891, 26738, 28222, 32481, 31256, 34332, 26788, 30319, 26964, 27763, 33091, 33183, 34064, 26554, 29131, 34112, 34568, 29041, 34429, 31674, 32080, 32469, 30977, 26814, 26766, 33215, 33114, 30608, 30052, 31009, 31211, 26653, 27875, 26885, 31976, 32711, 31033, 26815, 26661, 26478, 31034, 30388, 28931, 26733, 29517, 32732, 30215, 26702, 26572, 26874, 30270, 34428, 28381, 34047, 33831, 32619, 33195, 29314, 26855, 26743, 30532, 26973, 29241, 29722, 34276, 26938, 26885, 30725, 32565, 30246, 32440, 28317, 27396, 27185, 26893, 33931, 34310, 29424, 33352, 32799, 32333, 32912, 34695, 33342, 26726, 29702, 28790, 33531, 33793, 30273, 27555, 30082, 26721, 31004, 33538, 32087, 30361, 26667, 26871, 26780, 28117, 30414, 30916, 32330, 31961, 26631, 26554, 26869, 29729, 32420, 33395, 28884, 26867, 30978, 34332, 33849, 30982, 32226, 33349, 32356, 32581, 31960, 26765, 26563, 26965, 26776, 32921, 28846, 29576, 33820, 33285, 32898, 28663, 26904, 26984, 26709, 29093, 27719, 34962, 30469, 36690, 34154, 35043, 26612, 26773, 26892, 28291, 34050, 30679, 31843, 27714, 27011, 26703, 34312, 27312, 26679, 31583, 34350, 33032, 34501, 33440, 26564, 26533, 30868, 26905, 34677, 27304, 26579, 26757, 30174, 33531, 27194, 26856, 32222, 31153, 26786, 26895, 27224, 30242, 32958, 31853, 30221, 28264, 28676, 30006, 29511, 31909, 32220, 35292, 26628, 26634, 32144, 34482, 34161, 29632, 34248, 33191, 31438, 30191, 29626, 26739, 29507, 34364, 32963, 29229, 29455, 28417, 30947, 32455, 30451, 31623, 28381, 26801, 30984, 34847, 34391, 33099, 28087, 34109, 33989, 32905, 26799, 26857, 33383, 26685, 32547, 29821, 29794, 29716, 29747, 27509, 26740, 26596, 26517, 30493, 32435, 33837, 28171, 26515, 33044, 33363, 31517, 33382, 36070, 35159, 26703, 26402, 32661, 26708, 33483, 34815, 30918, 28238, 26259, 29950, 26562, 26406, 35554, 26338, 26601, 26721, 26550, 26519, 33786, 26323, 30095, 30081, 27066, 26606, 31580, 30335, 30384, 27170, 26838, 30365, 33788, 26427, 26513, 29242, 30939, 33111, 31942, 27767, 31685, 32465, 29944, 27529, 26215, 26330, 30262, 34859, 32732, 29180, 31783, 29938, 32968, 33886, 33096, 27512, 26572, 26769, 34109, 32449, 30447, 27924, 26686, 26715, 29026, 33504, 33657, 31748, 31825, 31448, 26770, 27472, 26594, 30570, 32886, 32389, 31698, 32918, 31649, 31431, 30958, 26726, 26578, 26577, 26677, 28051, 27121, 27187, 31723, 31973, 31343, 30601, 30839, 26395, 26520, 27771, 35757, 35591, 32470], "WindowCenter": [10287.0, 10257.0, 10236.0, 10258.0, 10266.0, 10287.0, 10287.0, 10277.0, 10264.0, 10284.0, 10299.0, 10292.0, 10317.0, 10299.0, 10300.0, 10295.0, 10302.0, 10297.0, 10283.0, 10295.0, 10241.0, 10263.0, 10293.0, 10266.0, 10243.0, 10251.0, 10244.0, 10262.0, 10255.0, 10275.0, 10270.0, 10299.0, 10293.0, 10289.0, 10298.0, 10296.0, 10303.0, 10332.0, 10318.0, 10297.0, 10277.0, 10295.0, 10317.0, 10242.0, 10248.0, 10238.0, 10254.0, 10271.0, 10250.0, 10233.0, 10249.0, 10262.0, 10267.0, 10259.0, 10262.0, 10261.0, 10271.0, 10276.0, 10254.0, 10242.0, 10271.0, 10249.0, 10268.0, 10274.0, 10266.0, 10241.0, 10257.0, 10277.0, 10305.0, 10262.0, 10261.0, 10260.0, 10273.0, 10283.0, 10245.0, 10274.0, 10278.0, 10280.0, 10275.0, 10246.0, 10280.0, 10277.0, 10271.0, 10261.0, 10252.0, 10254.0, 10276.0, 10282.0, 10275.0, 10277.0, 10251.0, 10242.0, 10229.0, 10257.0, 10268.0, 10263.0, 10253.0, 10253.0, 10290.0, 10276.0, 10269.0, 10275.0, 10258.0, 10262.0, 10278.0, 10263.0, 10247.0, 10247.0, 10243.0, 10253.0, 10281.0, 10285.0, 10264.0, 10256.0, 10245.0, 10260.0, 10252.0, 10298.0, 10291.0, 10272.0, 10263.0, 10261.0, 10266.0, 10283.0, 10269.0, 10270.0, 10282.0, 10280.0, 10271.0, 10260.0, 10256.0, 10263.0, 10232.0, 10258.0, 10262.0, 10257.0, 10270.0, 10295.0, 10268.0, 10292.0, 10260.0, 10293.0, 10251.0, 10258.0, 10275.0, 10240.0, 10265.0, 10262.0, 10249.0, 10253.0, 10262.0, 10260.0, 10264.0, 10262.0, 10300.0, 10275.0, 10255.0, 10251.0, 10250.0, 10277.0, 10295.0, 10251.0, 10245.0, 10271.0, 10276.0, 10274.0, 10251.0, 10253.0, 10260.0, 10262.0, 10253.0, 10279.0, 10262.0, 10239.0, 10267.0, 10259.0, 10275.0, 10248.0, 10264.0, 10289.0, 10279.0, 10300.0, 10281.0, 10281.0, 10275.0, 10262.0, 10275.0, 10285.0, 10283.0, 10249.0, 10254.0, 10271.0, 10261.0, 10251.0, 10266.0, 10265.0, 10267.0, 10282.0, 10240.0, 10254.0, 10255.0, 10284.0, 10278.0, 10262.0, 10248.0, 10267.0, 10267.0, 10248.0, 10293.0, 10275.0, 10291.0, 10280.0, 10278.0, 10257.0, 10258.0, 10260.0, 10285.0, 10269.0, 10267.0, 10291.0, 10282.0, 10302.0, 10280.0, 10259.0, 10252.0, 10236.0, 10258.0, 10278.0, 10266.0, 10280.0, 10278.0, 10259.0, 10278.0, 10246.0, 10232.0, 10234.0, 10263.0, 10255.0, 10269.0, 10294.0, 10298.0, 10265.0, 10278.0, 10294.0, 10296.0, 10267.0, 10286.0, 10289.0, 10285.0, 10270.0, 10273.0, 10319.0, 10290.0, 10267.0, 10282.0, 10279.0, 10236.0, 10254.0, 10245.0, 10244.0, 10218.0, 10241.0, 10230.0, 10255.0, 10248.0, 10245.0, 10251.0, 10256.0, 10210.0, 10236.0, 10248.0, 10223.0, 10244.0, 10227.0, 10253.0, 10244.0, 10245.0, 10266.0, 10284.0, 10275.0, 10292.0, 10280.0, 10291.0, 10290.0, 10307.0, 10291.0, 10306.0, 10277.0, 10268.0, 10276.0, 10282.0, 10282.0, 10275.0, 10261.0, 10292.0, 10260.0, 10270.0, 10268.0, 10229.0, 10247.0, 10266.0, 10264.0, 10295.0, 10263.0, 10267.0, 10275.0, 10280.0, 10281.0, 10259.0, 10260.0, 10241.0, 10249.0, 10271.0, 10264.0, 10291.0, 10266.0, 10276.0, 10263.0, 10279.0, 10254.0, 10249.0, 10249.0, 10261.0, 10286.0, 10283.0, 10279.0, 10251.0, 10243.0, 10260.0, 10289.0, 10250.0, 10239.0, 10260.0, 10246.0, 10250.0, 10258.0, 10264.0, 10212.0, 10222.0, 10238.0, 10231.0, 10254.0, 10218.0, 10228.0, 10213.0, 10256.0, 10245.0, 10239.0, 10226.0, 10275.0, 10274.0, 10255.0, 10270.0, 10261.0, 10280.0, 10287.0, 10289.0, 10259.0, 10265.0, 10268.0, 10280.0, 10272.0, 10272.0, 10266.0, 10295.0, 10283.0, 10263.0, 10278.0, 10294.0, 10283.0, 10278.0, 10290.0, 10271.0, 10248.0, 10275.0, 10282.0, 10279.0, 10307.0, 10294.0, 10289.0, 10250.0, 10265.0, 10265.0, 10262.0, 10262.0, 10280.0, 10294.0, 10287.0, 10279.0, 10274.0, 10292.0, 10290.0, 10260.0, 10237.0, 10267.0, 10258.0, 10259.0, 10236.0, 10229.0, 10252.0, 10235.0, 10240.0, 10242.0, 10239.0, 10239.0, 10244.0, 10248.0, 10271.0, 10263.0, 10282.0, 10293.0, 10294.0, 10301.0, 10241.0, 10242.0, 10257.0, 10267.0, 10265.0, 10251.0, 10253.0, 10259.0, 10237.0, 10223.0, 10227.0, 10229.0, 10251.0, 10258.0, 10240.0, 10207.0, 10220.0, 10228.0, 10221.0, 10229.0, 10273.0, 10232.0, 10263.0, 10241.0, 10222.0, 10235.0, 10281.0, 10263.0, 10282.0, 10283.0, 10258.0, 10253.0, 10279.0, 10267.0, 10264.0, 10252.0, 10257.0, 10267.0, 10286.0, 10267.0, 10274.0, 10297.0, 10261.0, 10299.0, 10262.0, 10269.0, 10277.0, 10297.0, 10274.0, 10252.0, 10258.0, 10274.0, 10288.0, 10296.0, 10270.0, 10257.0, 10281.0, 10266.0, 10238.0, 10244.0, 10258.0, 10241.0, 10249.0, 10248.0, 10267.0, 10252.0, 10232.0, 10241.0, 10237.0, 10242.0, 10275.0, 10276.0, 10266.0, 10268.0, 10260.0, 10263.0, 10257.0, 10264.0, 10277.0, 10295.0, 10293.0, 10248.0, 10267.0, 10257.0, 10268.0, 10260.0, 10236.0, 10231.0, 10223.0, 10222.0, 10244.0, 10259.0, 10245.0, 10267.0, 10283.0, 10259.0, 10255.0, 10277.0, 10264.0, 10243.0, 10240.0, 10253.0, 10297.0, 10284.0, 10256.0], "WindowWidth": [21919.0, 21853.0, 21807.0, 21848.0, 21867.0, 21912.0, 21919.0, 21897.0, 21875.0, 21909.0, 21943.0, 21931.0, 21990.0, 21945.0, 21947.0, 21933.0, 21943.0, 21925.0, 21896.0, 21924.0, 21817.0, 21859.0, 21913.0, 21863.0, 21822.0, 21834.0, 21821.0, 21854.0, 21848.0, 21892.0, 21890.0, 21943.0, 21933.0, 21927.0, 21942.0, 21944.0, 21954.0, 22013.0, 21998.0, 21939.0, 21898.0, 21929.0, 21968.0, 21815.0, 21821.0, 21801.0, 21831.0, 21864.0, 21831.0, 21800.0, 21828.0, 21855.0, 21861.0, 21847.0, 21854.0, 21857.0, 21877.0, 21882.0, 21838.0, 21813.0, 21872.0, 21827.0, 21865.0, 21878.0, 21859.0, 21812.0, 21847.0, 21896.0, 21947.0, 21864.0, 21858.0, 21852.0, 21882.0, 21902.0, 21824.0, 21881.0, 21892.0, 21897.0, 21887.0, 21829.0, 21892.0, 21888.0, 21879.0, 21857.0, 21837.0, 21843.0, 21888.0, 21894.0, 21882.0, 21887.0, 21830.0, 21807.0, 21788.0, 21842.0, 21864.0, 21857.0, 21839.0, 21837.0, 21910.0, 21883.0, 21865.0, 21879.0, 21848.0, 21852.0, 21890.0, 21860.0, 21826.0, 21826.0, 21817.0, 21840.0, 21898.0, 21900.0, 21856.0, 21845.0, 21823.0, 21854.0, 21844.0, 21932.0, 21915.0, 21880.0, 21860.0, 21852.0, 21862.0, 21895.0, 21868.0, 21871.0, 21900.0, 21890.0, 21870.0, 21847.0, 21835.0, 21849.0, 21791.0, 21843.0, 21854.0, 21847.0, 21872.0, 21919.0, 21869.0, 21915.0, 21857.0, 21924.0, 21839.0, 21850.0, 21880.0, 21810.0, 21854.0, 21858.0, 21831.0, 21840.0, 21854.0, 21845.0, 21857.0, 21863.0, 21938.0, 21885.0, 21845.0, 21834.0, 21831.0, 21887.0, 21915.0, 21827.0, 21819.0, 21872.0, 21887.0, 21883.0, 21834.0, 21833.0, 21849.0, 21855.0, 21838.0, 21887.0, 21850.0, 21809.0, 21855.0, 21848.0, 21881.0, 21830.0, 21863.0, 21912.0, 21894.0, 21934.0, 21900.0, 21902.0, 21885.0, 21859.0, 21883.0, 21902.0, 21897.0, 21828.0, 21838.0, 21870.0, 21853.0, 21830.0, 21860.0, 21854.0, 21858.0, 21880.0, 21807.0, 21837.0, 21848.0, 21902.0, 21886.0, 21852.0, 21824.0, 21862.0, 21867.0, 21832.0, 21919.0, 21889.0, 21924.0, 21906.0, 21893.0, 21849.0, 21847.0, 21852.0, 21904.0, 21871.0, 21868.0, 21914.0, 21909.0, 21949.0, 21901.0, 21854.0, 21837.0, 21804.0, 21843.0, 21886.0, 21860.0, 21887.0, 21882.0, 21844.0, 21876.0, 21819.0, 21788.0, 21790.0, 21850.0, 21836.0, 21869.0, 21928.0, 21934.0, 21867.0, 21889.0, 21918.0, 21931.0, 21873.0, 21911.0, 21919.0, 21915.0, 21883.0, 21885.0, 21976.0, 21921.0, 21866.0, 21892.0, 21873.0, 21794.0, 21829.0, 21813.0, 21808.0, 21753.0, 21798.0, 21779.0, 21830.0, 21819.0, 21812.0, 21824.0, 21829.0, 21739.0, 21788.0, 21807.0, 21765.0, 21807.0, 21778.0, 21833.0, 21823.0, 21823.0, 21861.0, 21895.0, 21881.0, 21920.0, 21895.0, 21919.0, 21924.0, 21957.0, 21932.0, 21953.0, 21890.0, 21871.0, 21887.0, 21901.0, 21897.0, 21879.0, 21853.0, 21905.0, 21849.0, 21866.0, 21859.0, 21783.0, 21818.0, 21859.0, 21861.0, 21925.0, 21859.0, 21863.0, 21879.0, 21891.0, 21892.0, 21847.0, 21847.0, 21811.0, 21823.0, 21871.0, 21863.0, 21916.0, 21867.0, 21883.0, 21849.0, 21882.0, 21828.0, 21821.0, 21830.0, 21862.0, 21909.0, 21896.0, 21888.0, 21828.0, 21812.0, 21848.0, 21906.0, 21830.0, 21805.0, 21842.0, 21814.0, 21821.0, 21836.0, 21841.0, 21742.0, 21758.0, 21793.0, 21780.0, 21826.0, 21756.0, 21770.0, 21748.0, 21828.0, 21807.0, 21793.0, 21780.0, 21873.0, 21875.0, 21846.0, 21880.0, 21861.0, 21897.0, 21905.0, 21903.0, 21848.0, 21855.0, 21863.0, 21885.0, 21869.0, 21875.0, 21864.0, 21916.0, 21895.0, 21859.0, 21890.0, 21921.0, 21893.0, 21878.0, 21900.0, 21863.0, 21817.0, 21871.0, 21893.0, 21890.0, 21944.0, 21921.0, 21910.0, 21829.0, 21850.0, 21848.0, 21849.0, 21849.0, 21886.0, 21917.0, 21910.0, 21894.0, 21884.0, 21914.0, 21899.0, 21840.0, 21797.0, 21856.0, 21836.0, 21835.0, 21787.0, 21769.0, 21825.0, 21783.0, 21797.0, 21797.0, 21791.0, 21799.0, 21814.0, 21823.0, 21869.0, 21859.0, 21894.0, 21914.0, 21919.0, 21926.0, 21811.0, 21809.0, 21837.0, 21851.0, 21849.0, 21824.0, 21828.0, 21836.0, 21785.0, 21756.0, 21768.0, 21766.0, 21822.0, 21833.0, 21785.0, 21721.0, 21743.0, 21761.0, 21753.0, 21780.0, 21868.0, 21788.0, 21840.0, 21797.0, 21759.0, 21788.0, 21880.0, 21849.0, 21893.0, 21894.0, 21844.0, 21832.0, 21880.0, 21853.0, 21849.0, 21823.0, 21841.0, 21867.0, 21900.0, 21867.0, 21880.0, 21920.0, 21851.0, 21925.0, 21854.0, 21860.0, 21880.0, 21919.0, 21876.0, 21838.0, 21843.0, 21872.0, 21903.0, 21917.0, 21869.0, 21843.0, 21882.0, 21846.0, 21796.0, 21804.0, 21830.0, 21799.0, 21812.0, 21814.0, 21853.0, 21826.0, 21782.0, 21792.0, 21787.0, 21804.0, 21875.0, 21881.0, 21857.0, 21855.0, 21841.0, 21841.0, 21835.0, 21858.0, 21881.0, 21915.0, 21911.0, 21824.0, 21852.0, 21831.0, 21850.0, 21834.0, 21789.0, 21773.0, 21756.0, 21755.0, 21799.0, 21838.0, 21817.0, 21854.0, 21887.0, 21846.0, 21838.0, 21878.0, 21850.0, 21805.0, 21804.0, 21834.0, 21925.0, 21890.0, 21838.0]}, "slices": {}}}