{"AcquisitionMatrixPE": 128, "AcquisitionNumber": 1, "AcquisitionTime": "07:58:32.180000", "BandwidthPerPixelPhaseEncode": 16.622, "BaseResolution": 128, "BodyPartExamined": "BRAIN", "ConsistencyInfo": "N4_VD11D_LATEST_20110129", "ConversionSoftware": "dcm2niix", "ConversionSoftwareVersion": "v1.0.20210317", "DerivedVendorReportedEchoSpacing": 0.000940019, "DeviceSerialNumber": "45239", "DiffusionScheme": "Bipolar", "DwellTime": 2.2e-06, "EchoTime": 0.101, "EchoTrainLength": 47, "EffectiveEchoSpacing": 0.00047001, "FlipAngle": 90, "ImageComments": "Unaliased MB2/PE3", "ImageOrientationPatientDICOM": [1, 0, 0, 0, 1, 0], "ImageType": ["ORIGINAL", "PRIMARY", "DIFFUSION", "NONE", "ND", "MOSAIC"], "ImagingFrequency": 123.193, "InPlanePhaseEncodingDirectionDICOM": "COL", "InstitutionAddress": "E 24th St. 100,Austin,Southmiddle,US,78712", "InstitutionName": "Univ of Texas at Austin", "InstitutionalDepartmentName": "IRC", "MRAcquisitionType": "2D", "MagneticFieldStrength": 3, "Manufacturer": "Siemens", "ManufacturersModelName": "Skyra", "Modality": "MR", "MultibandAccelerationFactor": 2, "ParallelReductionFactorInPlane": 2, "PartialFourier": 0.75, "PatientPosition": "HFS", "PercentPhaseFOV": 100, "PercentSampling": 100, "PhaseEncodingDirection": "j-", "PhaseEncodingSteps": 95, "PhaseResolution": 1, "PixelBandwidth": 1775, "ProcedureStepDescription": "Poldrack2^self-scanning", "ProtocolName": "MBEPI with MDDW L-R", "PulseSequenceDetails": "%CustomerSeq%\\cmrr_mbep2d_diff", "ReceiveCoilActiveElements": "HEA;HEP", "ReceiveCoilName": "Head_32", "ReconMatrixPE": 128, "RefLinesPE": 24, "RepetitionTime": 5.5, "SAR": 0.228532, "ScanOptions": "PFP\\FS", "ScanningSequence": "EP", "SequenceName": "ep_b5#1", "SequenceVariant": "SK", "SeriesDescription": "MBEPI with MDDW L-R", "SeriesNumber": 8, "ShimSetting": [-2764, 7994, -15666, 106, -289, 66, 153, -80], "SliceThickness": 1.7, "SliceTiming": [0, 2.85, 0.2025, 3.055, 0.4075, 3.2575, 0.61, 3.4625, 0.815, 3.665, 1.0175, 3.87, 1.22, 4.0725, 1.425, 4.2775, 1.6275, 4.48, 1.8325, 4.685, 2.035, 4.8875, 2.24, 5.0925, 2.4425, 5.295, 2.6475, 0, 2.85, 0.2025, 3.055, 0.4075, 3.2575, 0.61, 3.4625, 0.815, 3.665, 1.0175, 3.87, 1.22, 4.0725, 1.425, 4.2775, 1.6275, 4.48, 1.8325, 4.685, 2.035, 4.8875, 2.24, 5.0925, 2.4425, 5.295, 2.6475], "SoftwareVersions": "syngo MR D11", "SpacingBetweenSlices": 1.7, "StationName": "AWP45239", "TotalReadoutTime": 0.0596912, "TxRefAmp": 338.389, "WipMemBlock": "55553f45-9240-43b2-bae9-9fa9c761a43b||Sequence: VD11D r154; May 23 2012 22:28:10 by eja", "dcmmeta_affine": [[-1.7421875, 0.0, 0.0, 114.05999755859375], [0.0, 1.7421875, 0.0, -125.7578125], [0.0, 0.0, 1.6999999284744263, -33.529998779296875], [0.0, 0.0, 0.0, 1.0]], "dcmmeta_reorient_transform": [[0.0, -1.0, 0.0, 127.0], [1.0, 0.0, 0.0, 0.0], [0.0, 0.0, 1.0, 0.0], [0.0, 0.0, 0.0, 1.0]], "dcmmeta_shape": [128, 128, 54, 68], "dcmmeta_slice_dim": 2, "dcmmeta_version": 0.6, "global": {"const": {"AcquisitionMatrix": [128, 0, 0, 128], "AngioFlag": "N", "BitsAllocated": 16, "BitsStored": 16, "BodyPartExamined": "BRAIN", "Columns": 1024, "EchoNumbers": 1, "EchoTime": 101.0, "EchoTrainLength": 47, "FlipAngle": 90.0, "HighBit": 15, "ImageOrientationPatient": [1.0, 0.0, 0.0, 0.0, 1.0, 0.0], "ImagePositionPatient": [-894.55999994278, -876.0, -33.529998779297], "ImageType": ["ORIGINAL", "PRIMARY", "DIFFUSION", "NONE", "ND", "MOSAIC"], "ImagedNucleus": "1H", "ImagingFrequency": 123.193474, "InPlanePhaseEncodingDirection": "COL", "MRAcquisitionType": "2D", "MagneticFieldStrength": 3.0, "Manufacturer": "SIEMENS", "ManufacturerModelName": "Skyra", "Modality": "MR", "NumberOfAverages": 1.0, "NumberOfPhaseEncodingSteps": 95, "PercentPhaseFieldOfView": 100.0, "PercentSampling": 100.0, "PerformedProcedureStepStartTime": "073441.109000", "PhotometricInterpretation": "MONOCHROME2", "PixelBandwidth": 1775.0, "PixelRepresentation": 0, "PixelSpacing": [1.7421875, 1.7421875], "ProtocolName": "MBEPI with MDDW L-R", "RepetitionTime": 5500.0, "Rows": 1024, "SAR": 0.22853151330014, "SamplesPerPixel": 1, "ScanOptions": ["PFP", "FS"], "ScanningSequence": "EP", "SequenceVariant": "SK", "SeriesDescription": "MBEPI with MDDW L-R", "SeriesNumber": 8, "SeriesTime": "080057.718000", "SliceLocation": -33.529998779297, "SliceThickness": 1.7000000476837, "SmallestImagePixelValue": 0, "SoftwareVersions": "syngo MR D11", "SpacingBetweenSlices": 1.6999999712098, "SpecificCharacterSet": "ISO_IR 100", "StudyID": "1", "StudyTime": "073441.000000", "TransmitCoilName": "Body", "VariableFlipAngleFlag": "N", "WindowCenterWidthExplanation": "Algo1", "dBdt": 0.0}, "slices": {}}, "time": {"samples": {"AcquisitionNumber": [1, 2, 3, 4, 5, 6, 7, 8, 9, 10, 11, 12, 13, 14, 15, 16, 17, 18, 19, 20, 21, 22, 23, 24, 25, 26, 27, 28, 29, 30, 31, 32, 33, 34, 35, 36, 37, 38, 39, 40, 41, 42, 43, 44, 45, 46, 47, 48, 49, 50, 51, 52, 53, 54, 55, 56, 57, 58, 59, 60, 61, 62, 63, 64, 65, 66, 67, 68], "AcquisitionTime": ["075832.180000", "075943.680000", "075949.180000", "075954.680000", "080000.180000", "080005.680000", "080011.180000", "080016.680000", "080022.180000", "080027.680000", "080033.180000", "080038.680000", "080044.180000", "080049.680000", "080055.180000", "080100.680000", "080106.180000", "080111.680000", "080117.180000", "080122.680000", "080128.180000", "080133.680000", "080139.180000", "080144.680000", "080150.180000", "080155.680000", "080201.180000", "080206.680000", "080212.180000", "080217.680000", "080223.180000", "080228.680000", "080234.180000", "080239.680000", "080245.180000", "080250.680000", "080256.180000", "080301.680000", "080307.180000", "080312.680000", "080318.180000", "080323.680000", "080329.180000", "080334.680000", "080340.180000", "080345.680000", "080351.180000", "080356.680000", "080402.180000", "080407.680000", "080413.180000", "080418.680000", "080424.180000", "080429.680000", "080435.180000", "080440.680000", "080446.180000", "080451.680000", "080457.180000", "080502.680000", "080508.180000", "080513.680000", "080519.180000", "080524.680000", "080530.180000", "080535.680000", "080541.180000", "080546.680000"], "ContentTime": ["080057.718000", "080105.171000", "080105.171000", "080105.171000", "080110.171000", "080110.171000", "080115.171000", "080115.171000", "080115.171000", "080120.156000", "080120.171000", "080125.171000", "080125.171000", "080130.171000", "080130.171000", "080130.171000", "080135.171000", "080135.171000", "080140.156000", "080140.171000", "080145.156000", "080145.203000", "080150.156000", "080155.171000", "080200.171000", "080205.156000", "080210.156000", "080215.156000", "080220.171000", "080225.156000", "080230.171000", "080240.156000", "080245.156000", "080250.156000", "080255.171000", "080300.156000", "080305.171000", "080310.156000", "080315.171000", "080320.156000", "080325.171000", "080335.156000", "080340.171000", "080345.156000", "080350.171000", "080355.156000", "080400.171000", "080405.156000", "080410.156000", "080415.156000", "080420.156000", "080430.156000", "080435.171000", "080440.156000", "080445.171000", "080450.156000", "080455.171000", "080500.156000", "080505.156000", "080510.156000", "080515.156000", "080525.156000", "080530.156000", "080535.156000", "080540.171000", "080545.156000", "080550.156000", "080553.328000"], "InstanceCreationTime": ["080057.718000", "080105.171000", "080105.171000", "080105.171000", "080110.171000", "080110.171000", "080115.171000", "080115.171000", "080115.171000", "080120.156000", "080120.171000", "080125.171000", "080125.171000", "080130.171000", "080130.171000", "080130.171000", "080135.171000", "080135.171000", "080140.156000", "080140.171000", "080145.156000", "080145.203000", "080150.156000", "080155.171000", "080200.171000", "080205.156000", "080210.156000", "080215.156000", "080220.171000", "080225.156000", "080230.171000", "080240.156000", "080245.156000", "080250.156000", "080255.171000", "080300.156000", "080305.171000", "080310.156000", "080315.171000", "080320.156000", "080325.171000", "080335.156000", "080340.171000", "080345.156000", "080350.171000", "080355.156000", "080400.171000", "080405.156000", "080410.156000", "080415.156000", "080420.156000", "080430.156000", "080435.171000", "080440.156000", "080445.171000", "080450.156000", "080455.171000", "080500.156000", "080505.156000", "080510.156000", "080515.156000", "080525.156000", "080530.156000", "080535.156000", "080540.171000", "080545.156000", "080550.156000", "080553.328000"], "InstanceNumber": [1, 2, 3, 4, 5, 6, 7, 8, 9, 10, 11, 12, 13, 14, 15, 16, 17, 18, 19, 20, 21, 22, 23, 24, 25, 26, 27, 28, 29, 30, 31, 32, 33, 34, 35, 36, 37, 38, 39, 40, 41, 42, 43, 44, 45, 46, 47, 48, 49, 50, 51, 52, 53, 54, 55, 56, 57, 58, 59, 60, 61, 62, 63, 64, 65, 66, 67, 68], "LargestImagePixelValue": [58751, 7331, 6486, 6007, 6681, 6626, 7480, 7318, 6563, 7466, 6537, 6813, 6593, 6608, 6808, 7147, 7760, 57418, 7037, 6182, 6893, 7184, 7141, 7738, 7039, 6748, 6658, 6465, 6497, 5925, 6362, 7467, 7125, 6186, 58916, 6443, 6063, 7527, 6873, 6198, 6645, 6864, 6977, 6826, 6139, 7031, 6373, 6944, 6132, 6724, 6954, 57117, 6719, 5823, 7551, 6940, 6966, 6499, 7020, 6209, 7077, 6478, 6086, 6388, 6312, 6488, 7159, 6340], "SequenceName": ["ep_b5#1", "ep_b1990#2", "ep_b2010#3", "ep_b1990#4", "ep_b2000#5", "ep_b1985#6", "ep_b1985#7", "ep_b1980#8", "ep_b2000#9", "ep_b1985#10", "ep_b2000#11", "ep_b2000#12", "ep_b1990#13", "ep_b1980#14", "ep_b1995#15", "ep_b1980#16", "ep_b1995#17", "ep_b5#18", "ep_b1980#19", "ep_b1985#20", "ep_b2005#21", "ep_b1990#22", "ep_b2000#23", "ep_b1980#24", "ep_b1990#25", "ep_b1995#26", "ep_b1980#27", "ep_b2005#28", "ep_b1995#29", "ep_b1980#30", "ep_b1990#31", "ep_b1995#32", "ep_b1980#33", "ep_b1975#34", "ep_b5#35", "ep_b1980#36", "ep_b1975#37", "ep_b1995#38", "ep_b1990#39", "ep_b2005#40", "ep_b2000#41", "ep_b1985#42", "ep_b1975#43", "ep_b1990#44", "ep_b1990#45", "ep_b1985#46", "ep_b1995#47", "ep_b1990#48", "ep_b1980#49", "ep_b2000#50", "ep_b1990#51", "ep_b5#52", "ep_b1985#53", "ep_b1980#54", "ep_b2000#55", "ep_b1990#56", "ep_b1990#57", "ep_b1985#58", "ep_b1985#59", "ep_b1995#60", "ep_b1980#61", "ep_b2000#62", "ep_b1975#63", "ep_b2000#64", "ep_b1980#65", "ep_b1975#66", "ep_b1995#67", "ep_b2005#68"], "WindowCenter": [8197.0, 2002.0, 1953.0, 1865.0, 1972.0, 1968.0, 1990.0, 1974.0, 1922.0, 1982.0, 1929.0, 1923.0, 1919.0, 1977.0, 1936.0, 1944.0, 1971.0, 8130.0, 2004.0, 1894.0, 1949.0, 1993.0, 1933.0, 2006.0, 1991.0, 1903.0, 1908.0, 1955.0, 1962.0, 1867.0, 1977.0, 1969.0, 1972.0, 1901.0, 8131.0, 1897.0, 1932.0, 1983.0, 1980.0, 1942.0, 1960.0, 1925.0, 1974.0, 1978.0, 1961.0, 1961.0, 1906.0, 1979.0, 1934.0, 1953.0, 1963.0, 8107.0, 1970.0, 1946.0, 1936.0, 1989.0, 1904.0, 1877.0, 1892.0, 1961.0, 1994.0, 1974.0, 1915.0, 1970.0, 1936.0, 1932.0, 1922.0, 1950.0], "WindowWidth": [18473.0, 4966.0, 4854.0, 4683.0, 4897.0, 4885.0, 4942.0, 4904.0, 4791.0, 4923.0, 4813.0, 4796.0, 4790.0, 4907.0, 4826.0, 4841.0, 4894.0, 18331.0, 4973.0, 4741.0, 4839.0, 4952.0, 4804.0, 4973.0, 4953.0, 4748.0, 4763.0, 4859.0, 4890.0, 4682.0, 4910.0, 4888.0, 4900.0, 4755.0, 18291.0, 4746.0, 4814.0, 4920.0, 4929.0, 4837.0, 4882.0, 4800.0, 4903.0, 4919.0, 4874.0, 4878.0, 4757.0, 4909.0, 4819.0, 4850.0, 4889.0, 18271.0, 4890.0, 4848.0, 4813.0, 4933.0, 4749.0, 4702.0, 4728.0, 4876.0, 4948.0, 4901.0, 4783.0, 4886.0, 4832.0, 4816.0, 4790.0, 4843.0]}, "slices": {}}}