{"AcquisitionMatrixPE": 96, "AcquisitionNumber": 1, "AcquisitionTime": "17:17:22.015000", "BandwidthPerPixelPhaseEncode": 33.602, "BaseResolution": 96, "BodyPartExamined": "BRAIN", "ConsistencyInfo": "N4_VD11D_LATEST_20110129", "ConversionSoftware": "dcm2niix", "ConversionSoftwareVersion": "v1.0.20210317", "DerivedVendorReportedEchoSpacing": 0.000620003, "DeviceSerialNumber": "45239", "DwellTime": 2.6e-06, "EchoTime": 0.036, "EchoTrainLength": 48, "EffectiveEchoSpacing": 0.000310001, "FlipAngle": 90, "ImageOrientationPatientDICOM": [0.99908, 0.0172656, 0.0392543, 0.00924308, 0.807155, -0.590268], "ImageType": ["ORIGINAL", "PRIMARY", "M", "ND", "NORM", "MOSAIC"], "ImagingFrequency": 123.193, "InPlanePhaseEncodingDirectionDICOM": "COL", "InstitutionAddress": "E 24th St. 100,Austin,Southmiddle,US,78712", "InstitutionName": "Univ of Texas at Austin", "InstitutionalDepartmentName": "IRC", "MRAcquisitionType": "2D", "MagneticFieldStrength": 3, "Manufacturer": "Siemens", "ManufacturersModelName": "Skyra", "Modality": "MR", "ParallelReductionFactorInPlane": 2, "PartialFourier": 1, "PatientPosition": "HFS", "PercentPhaseFOV": 100, "PercentSampling": 100, "PhaseEncodingDirection": "j-", "PhaseEncodingSteps": 96, "PhaseResolution": 1, "PixelBandwidth": 2005, "ProcedureStepDescription": "Poldrack2^self-scanning", "ProtocolName": "MB-SE_FieldMap_A-P", "PulseSequenceDetails": "%CustomerSeq%\\cmrr_mbep2d_se", "ReceiveCoilActiveElements": "HEA;HEP", "ReceiveCoilName": "Head_32", "ReconMatrixPE": 96, "RefLinesPE": 48, "RepetitionTime": 4.55, "SAR": 0.355267, "ScanOptions": "FS", "ScanningSequence": "EP", "SequenceName": "epse2d1_96", "SequenceVariant": "SK", "SeriesDescription": "MB-SE_FieldMap_A-P", "SeriesNumber": 6, "ShimSetting": [-2798, 8071, -15446, 188, -262, 90, 169, -114], "SliceThickness": 2, "SliceTiming": [2.275, 0, 2.3425, 0.0675, 2.4075, 0.135, 2.475, 0.2, 2.5425, 0.2675, 2.61, 0.335, 2.6775, 0.4025, 2.7425, 0.4675, 2.81, 0.535, 2.8775, 0.6025, 2.945, 0.67, 3.01, 0.735, 3.0775, 0.8025, 3.145, 0.87, 3.2125, 0.9375, 3.2775, 1.005, 3.345, 1.07, 3.4125, 1.1375, 3.48, 1.205, 3.545, 1.2725, 3.6125, 1.3375, 3.68, 1.405, 3.7475, 1.4725, 3.8125, 1.54, 3.88, 1.605, 3.9475, 1.6725, 4.015, 1.74, 4.08, 1.8075, 4.1475, 1.8725, 4.215, 1.94, 4.2825, 2.0075, 4.35, 2.075, 4.415, 2.14, 4.4825, 2.2075], "SoftwareVersions": "syngo MR D11", "SpacingBetweenSlices": 2.4, "StationName": "AWP45239", "TotalReadoutTime": 0.0294501, "TxRefAmp": 331.185, "WipMemBlock": "452c0c9e-b140-403e-b20f-e34543a2d16d||Sequence: VD11D r196; Dec  8 2012 22:11:06 by IDEA", "dcmmeta_affine": [[-2.393629312515259, 0.022144870832562447, 0.10050155222415924, 114.82220458984375], [-0.041365478187799454, 1.9338078498840332, -1.4162101745605469, -51.25291061401367], [0.09404686838388443, 1.4141831398010254, 1.9350059032440186, -103.10365295410156], [0.0, 0.0, 0.0, 1.0]], "dcmmeta_reorient_transform": [[0.0, -1.0, 0.0, 95.0], [1.0, 0.0, 0.0, 0.0], [0.0, 0.0, 1.0, 0.0], [0.0, 0.0, 0.0, 1.0]], "dcmmeta_shape": [96, 96, 68, 5], "dcmmeta_slice_dim": 2, "dcmmeta_version": 0.6, "global": {"const": {"AcquisitionMatrix": [96, 0, 0, 96], "AngioFlag": "N", "BitsAllocated": 16, "BitsStored": 16, "BodyPartExamined": "BRAIN", "Columns": 864, "EchoNumbers": 1, "EchoTime": 36.0, "EchoTrainLength": 48, "FlipAngle": 90.0, "HighBit": 15, "ImageOrientationPatient": [0.99908007472532, 0.01726559131166, 0.03925434553664, 0.00924307644219, 0.80715458991201, -0.5902677642578], "ImagePositionPatient": [-1044.5832342992, -890.92537195759, 538.17607053914], "ImageType": ["ORIGINAL", "PRIMARY", "M", "ND", "NORM", "MOSAIC"], "ImagedNucleus": "1H", "ImagingFrequency": 123.193289, "InPlanePhaseEncodingDirection": "COL", "MRAcquisitionType": "2D", "MagneticFieldStrength": 3.0, "Manufacturer": "SIEMENS", "ManufacturerModelName": "Skyra", "Modality": "MR", "NumberOfAverages": 1.0, "NumberOfPhaseEncodingSteps": 96, "PercentPhaseFieldOfView": 100.0, "PercentSampling": 100.0, "PerformedProcedureStepStartTime": "170833.125000", "PhotometricInterpretation": "MONOCHROME2", "PixelBandwidth": 2005.0, "PixelRepresentation": 0, "PixelSpacing": [2.3958332538605, 2.3958332538605], "ProtocolName": "MB-SE_FieldMap_A-P", "RepetitionTime": 4550.0, "Rows": 864, "SAR": 0.35526713131892, "SamplesPerPixel": 1, "ScanOptions": "FS", "ScanningSequence": "EP", "SequenceName": "epse2d1_96", "SequenceVariant": "SK", "SeriesDescription": "MB-SE_FieldMap_A-P", "SeriesNumber": 6, "SeriesTime": "171743.453000", "SliceLocation": -48.075617289985, "SliceThickness": 2.0, "SmallestImagePixelValue": 0, "SoftwareVersions": "syngo MR D11", "SpacingBetweenSlices": 2.3999999848386, "SpecificCharacterSet": "ISO_IR 100", "StudyID": "1", "StudyTime": "170833.015000", "TransmitCoilName": "Body", "VariableFlipAngleFlag": "N", "WindowCenterWidthExplanation": "Algo1", "dBdt": 0.0}, "slices": {}}, "time": {"samples": {"AcquisitionNumber": [1, 2, 3, 4, 5], "AcquisitionTime": ["171722.015000", "171726.565000", "171731.115000", "171735.665000", "171740.215000"], "ContentTime": ["171743.468000", "171743.468000", "171743.468000", "171743.468000", "171743.484000"], "InstanceCreationTime": ["171743.468000", "171743.468000", "171743.468000", "171743.468000", "171743.484000"], "InstanceNumber": [1, 2, 3, 4, 5], "LargestImagePixelValue": [45469, 45244, 42275, 44499, 44509], "WindowCenter": [7284.0, 7294.0, 7286.0, 7287.0, 7292.0], "WindowWidth": [15482.0, 15517.0, 15508.0, 15493.0, 15517.0]}, "slices": {}}}