{"AcquisitionMatrixPE": 96, "AcquisitionNumber": 1, "AcquisitionTime": "07:45:57.295000", "BaseResolution": 96, "BodyPartExamined": "BRAIN", "ConsistencyInfo": "N4_VD11D_LATEST_20110129", "ConversionSoftware": "dcm2niix", "ConversionSoftwareVersion": "v1.0.20210317", "DeviceSerialNumber": "45239", "DwellTime": 9.2e-06, "EchoNumber": 2, "EchoTime": 0.00738, "EchoTime1": 0.00492, "EchoTime2": 0.00738, "FlipAngle": 50, "ImageOrientationPatientDICOM": [0.999065, -0.00432886, 0.0430134, 0.0277422, 0.827279, -0.561106], "ImageType": ["ORIGINAL", "PRIMARY", "P", "ND", "PHASE"], "ImagingFrequency": 123.193, "InPlanePhaseEncodingDirectionDICOM": "COL", "InstitutionAddress": "E 24th St. 100,Austin,Southmiddle,US,78712", "InstitutionName": "Univ of Texas at Austin", "InstitutionalDepartmentName": "IRC", "MRAcquisitionType": "2D", "MagneticFieldStrength": 3, "Manufacturer": "Siemens", "ManufacturersModelName": "Skyra", "Modality": "MR", "PartialFourier": 1, "PatientPosition": "HFS", "PercentPhaseFOV": 100, "PercentSampling": 100, "PhaseEncodingDirection": "j-", "PhaseEncodingSteps": 96, "PhaseResolution": 1, "PixelBandwidth": 565, "ProcedureStepDescription": "Poldrack2^self-scanning", "ProtocolName": "gre_field_mapping", "PulseSequenceDetails": "%SiemensSeq%\\gre_field_mapping", "ReceiveCoilActiveElements": "HEA;HEP", "ReceiveCoilName": "Head_32", "ReconMatrixPE": 96, "RepetitionTime": 0.731, "SAR": 0.123632, "ScanningSequence": "GR", "SequenceName": "*fm2d2r", "SequenceVariant": "SP", "SeriesDescription": "gre_field_mapping", "SeriesNumber": 16, "ShimSetting": [-2774, 8076, -15491, 130, -208, 146, 191, -90], "SliceThickness": 2, "SliceTiming": [0.36719, 0, 0.375, 0.00781, 0.38281, 0.02344, 0.39844, 0.03125, 0.40625, 0.03906, 0.41406, 0.05469, 0.42969, 0.0625, 0.4375, 0.07812, 0.45312, 0.08594, 0.46094, 0.09375, 0.47656, 0.10938, 0.48438, 0.11719, 0.49219, 0.125, 0.50781, 0.14062, 0.51562, 0.14844, 0.52344, 0.16406, 0.53906, 0.17188, 0.54688, 0.17969, 0.55469, 0.19531, 0.57031, 0.20312, 0.57812, 0.21875, 0.59375, 0.22656, 0.60156, 0.23438, 0.60938, 0.24219, 0.625, 0.25781, 0.63281, 0.26562, 0.64844, 0.28125, 0.65625, 0.28906, 0.66406, 0.29688, 0.67188, 0.3125, 0.6875, 0.32031, 0.69531, 0.33594, 0.71094, 0.34375, 0.71875, 0.35156], "SoftwareVersions": "syngo MR D11", "SpacingBetweenSlices": 2.4, "StationName": "AWP45239", "TxRefAmp": 344.791, "dcmmeta_affine": [[-2.3935933113098145, 0.06646564602851868, 0.07957267761230469, 112.8018569946289], [0.010371223092079163, 1.982023000717163, -1.3482589721679688, -69.46112060546875], [0.10305298864841461, 1.344315528869629, 1.9839019775390625, -91.65748596191406], [0.0, 0.0, 0.0, 1.0]], "dcmmeta_reorient_transform": [[0.0, -1.0, 0.0, 95.0], [1.0, 0.0, 0.0, 0.0], [0.0, 0.0, -1.0, 67.0], [0.0, 0.0, 0.0, 1.0]], "dcmmeta_shape": [96, 96, 68], "dcmmeta_slice_dim": 2, "dcmmeta_version": 0.6, "global": {"const": {"AcquisitionMatrix": [96, 0, 0, 96], "AcquisitionNumber": 1, "AngioFlag": "N", "BitsAllocated": 16, "BitsStored": 12, "BodyPartExamined": "BRAIN", "Columns": 96, "EchoNumbers": 2, "EchoTime": 7.38, "EchoTrainLength": 0, "FlipAngle": 50.0, "HighBit": 11, "ImageOrientationPatient": [0.99906511627898, -0.0043288586364, 0.04301342136326, 0.0277421829025, 0.82727918659806, -0.5611056217054], "ImageType": ["ORIGINAL", "PRIMARY", "P", "ND"], "ImagedNucleus": "1H", "ImagingFrequency": 123.193407, "InPlanePhaseEncodingDirection": "COL", "MRAcquisitionType": "2D", "MagneticFieldStrength": 3.0, "Manufacturer": "SIEMENS", "ManufacturerModelName": "Skyra", "Modality": "MR", "NumberOfAverages": 1.0, "NumberOfPhaseEncodingSteps": 96, "PercentPhaseFieldOfView": 100.0, "PercentSampling": 100.0, "PerformedProcedureStepStartTime": "070945.703000", "PhotometricInterpretation": "MONOCHROME2", "PixelBandwidth": 565.0, "PixelRepresentation": 0, "PixelSpacing": [2.3958332538605, 2.3958332538605], "ProtocolName": "gre_field_mapping", "RepetitionTime": 731.0, "RescaleIntercept": -4096.0, "RescaleSlope": 2.0, "RescaleType": "US", "Rows": 96, "SAR": 0.1236316230223, "SamplesPerPixel": 1, "ScanningSequence": "GR", "SequenceName": "*fm2d2r", "SequenceVariant": "SP", "SeriesDescription": "gre_field_mapping", "SeriesNumber": 16, "SeriesTime": "074819.359000", "SliceThickness": 2.0, "SoftwareVersions": "syngo MR D11", "SpacingBetweenSlices": 2.4, "SpecificCharacterSet": "ISO_IR 100", "StudyID": "1", "StudyTime": "070945.671000", "TransmitCoilName": "Body", "VariableFlipAngleFlag": "N", "WindowCenterWidthExplanation": "Algo1", "dBdt": 0.0}, "slices": {"AcquisitionTime": ["074557.295000", "074556.930000", "074557.305000", "074556.940000", "074557.315000", "074556.950000", "074557.327500", "074556.960000", "074557.337500", "074556.972500", "074557.347500", "074556.982500", "074557.360000", "074556.992500", "074557.370000", "074557.005000", "074557.380000", "074557.015000", "074557.390000", "074557.025000", "074557.402500", "074557.037500", "074557.412500", "074557.047500", "074557.422500", "074557.057500", "074557.435000", "074557.067500", "074557.445000", "074557.080000", "074557.455000", "074557.090000", "074557.467500", "074557.100000", "074557.477500", "074557.112500", "074557.487500", "074557.122500", "074557.497500", "074557.132500", "074557.510000", "074557.145000", "074557.520000", "074557.155000", "074557.530000", "074557.165000", "074557.542500", "074557.175000", "074557.552500", "074557.187500", "074557.562500", "074557.197500", "074557.575000", "074557.207500", "074557.585000", "074557.220000", "074557.595000", "074557.230000", "074557.605000", "074557.240000", "074557.617500", "074557.252500", "074557.627500", "074557.262500", "074557.637500", "074557.272500", "074557.650000", "074557.282500"], "ContentTime": ["074819.437000", "074819.359000", "074819.437000", "074819.359000", "074819.437000", "074819.359000", "074819.453000", "074819.359000", "074819.453000", "074819.375000", "074819.453000", "074819.375000", "074819.453000", "074819.375000", "074819.453000", "074819.375000", "074819.453000", "074819.375000", "074819.453000", "074819.375000", "074819.453000", "074819.375000", "074819.468000", "074819.375000", "074819.468000", "074819.390000", "074819.468000", "074819.390000", "074819.468000", "074819.390000", "074819.484000", "074819.390000", "074819.484000", "074819.390000", "074819.484000", "074819.390000", "074819.484000", "074819.390000", "074819.484000", "074819.406000", "074819.484000", "074819.406000", "074819.484000", "074819.406000", "074819.500000", "074819.406000", "074819.500000", "074819.406000", "074819.500000", "074819.406000", "074819.500000", "074819.406000", "074819.500000", "074819.421000", "074819.500000", "074819.421000", "074819.500000", "074819.421000", "074819.500000", "074819.421000", "074819.500000", "074819.421000", "074819.515000", "074819.421000", "074819.515000", "074819.421000", "074819.515000", "074819.437000"], "CsaImage.GSWDDataType": ["measured", "predicted", "measured", "predicted", "measured", "predicted", "measured", "predicted", "measured", "predicted", "measured", "predicted", "measured", "predicted", "measured", "predicted", "measured", "predicted", "measured", "predicted", "measured", "predicted", "measured", "predicted", "measured", "predicted", "measured", "predicted", "measured", "predicted", "measured", "predicted", "measured", "predicted", "measured", "predicted", "measured", "predicted", "measured", "predicted", "measured", "predicted", "measured", "predicted", "measured", "predicted", "measured", "predicted", "measured", "predicted", "measured", "predicted", "measured", "predicted", "measured", "predicted", "measured", "predicted", "measured", "measured", "measured", "measured", "measured", "measured", "measured", "measured", "measured", "measured"], "CsaImage.ICE_Dims": ["X_2_1_1_1_1_1_35_1_1_1_1_491", "X_2_1_1_1_1_1_1_1_1_2_1_491", "X_2_1_1_1_1_1_36_1_1_3_1_491", "X_2_1_1_1_1_1_2_1_1_4_1_491", "X_2_1_1_1_1_1_37_1_1_5_1_491", "X_2_1_1_1_1_1_3_1_1_6_1_491", "X_2_1_1_1_1_1_38_1_1_7_1_491", "X_2_1_1_1_1_1_4_1_1_8_1_491", "X_2_1_1_1_1_1_39_1_1_9_1_491", "X_2_1_1_1_1_1_5_1_1_10_1_491", "X_2_1_1_1_1_1_40_1_1_11_1_491", "X_2_1_1_1_1_1_6_1_1_12_1_491", "X_2_1_1_1_1_1_41_1_1_13_1_491", "X_2_1_1_1_1_1_7_1_1_14_1_491", "X_2_1_1_1_1_1_42_1_1_15_1_491", "X_2_1_1_1_1_1_8_1_1_16_1_491", "X_2_1_1_1_1_1_43_1_1_17_1_491", "X_2_1_1_1_1_1_9_1_1_18_1_491", "X_2_1_1_1_1_1_44_1_1_19_1_491", "X_2_1_1_1_1_1_10_1_1_20_1_491", "X_2_1_1_1_1_1_45_1_1_21_1_491", "X_2_1_1_1_1_1_11_1_1_22_1_491", "X_2_1_1_1_1_1_46_1_1_23_1_491", "X_2_1_1_1_1_1_12_1_1_24_1_491", "X_2_1_1_1_1_1_47_1_1_25_1_491", "X_2_1_1_1_1_1_13_1_1_26_1_491", "X_2_1_1_1_1_1_48_1_1_27_1_491", "X_2_1_1_1_1_1_14_1_1_28_1_491", "X_2_1_1_1_1_1_49_1_1_29_1_491", "X_2_1_1_1_1_1_15_1_1_30_1_491", "X_2_1_1_1_1_1_50_1_1_31_1_491", "X_2_1_1_1_1_1_16_1_1_32_1_491", "X_2_1_1_1_1_1_51_1_1_33_1_491", "X_2_1_1_1_1_1_17_1_1_34_1_491", "X_2_1_1_1_1_1_52_1_1_35_1_491", "X_2_1_1_1_1_1_18_1_1_36_1_491", "X_2_1_1_1_1_1_53_1_1_37_1_491", "X_2_1_1_1_1_1_19_1_1_38_1_491", "X_2_1_1_1_1_1_54_1_1_39_1_491", "X_2_1_1_1_1_1_20_1_1_40_1_491", "X_2_1_1_1_1_1_55_1_1_41_1_491", "X_2_1_1_1_1_1_21_1_1_42_1_491", "X_2_1_1_1_1_1_56_1_1_43_1_491", "X_2_1_1_1_1_1_22_1_1_44_1_491", "X_2_1_1_1_1_1_57_1_1_45_1_491", "X_2_1_1_1_1_1_23_1_1_46_1_491", "X_2_1_1_1_1_1_58_1_1_47_1_491", "X_2_1_1_1_1_1_24_1_1_48_1_491", "X_2_1_1_1_1_1_59_1_1_49_1_491", "X_2_1_1_1_1_1_25_1_1_50_1_491", "X_2_1_1_1_1_1_60_1_1_51_1_491", "X_2_1_1_1_1_1_26_1_1_52_1_491", "X_2_1_1_1_1_1_61_1_1_53_1_491", "X_2_1_1_1_1_1_27_1_1_54_1_491", "X_2_1_1_1_1_1_62_1_1_55_1_491", "X_2_1_1_1_1_1_28_1_1_56_1_491", "X_2_1_1_1_1_1_63_1_1_57_1_491", "X_2_1_1_1_1_1_29_1_1_58_1_491", "X_2_1_1_1_1_1_64_1_1_59_1_491", "X_2_1_1_1_1_1_30_1_1_60_1_491", "X_2_1_1_1_1_1_65_1_1_61_1_491", "X_2_1_1_1_1_1_31_1_1_62_1_491", "X_2_1_1_1_1_1_66_1_1_63_1_491", "X_2_1_1_1_1_1_32_1_1_64_1_491", "X_2_1_1_1_1_1_67_1_1_65_1_491", "X_2_1_1_1_1_1_33_1_1_66_1_491", "X_2_1_1_1_1_1_68_1_1_67_1_491", "X_2_1_1_1_1_1_34_1_1_68_1_491"], "CsaImage.ProtocolSliceNumber": [0, 1, 2, 3, 4, 5, 6, 7, 8, 9, 10, 11, 12, 13, 14, 15, 16, 17, 18, 19, 20, 21, 22, 23, 24, 25, 26, 27, 28, 29, 30, 31, 32, 33, 34, 35, 36, 37, 38, 39, 40, 41, 42, 43, 44, 45, 46, 47, 48, 49, 50, 51, 52, 53, 54, 55, 56, 57, 58, 59, 60, 61, 62, 63, 64, 65, 66, 67], "CsaImage.RFSWDDataType": ["measured", "predicted", "measured", "predicted", "measured", "predicted", "measured", "predicted", "measured", "predicted", "measured", "predicted", "measured", "predicted", "measured", "predicted", "measured", "predicted", "measured", "predicted", "measured", "predicted", "measured", "predicted", "measured", "predicted", "measured", "predicted", "measured", "predicted", "measured", "predicted", "measured", "predicted", "measured", "predicted", "measured", "predicted", "measured", "predicted", "measured", "predicted", "measured", "predicted", "measured", "predicted", "measured", "predicted", "measured", "predicted", "measured", "predicted", "measured", "predicted", "measured", "predicted", "measured", "measured", "measured", "measured", "measured", "measured", "measured", "measured", "measured", "measured", "measured", "measured"], "CsaImage.SlicePosition_PCS": [[-119.11610823, -118.83103033, 36.05248484], [-119.19568067, -117.48277327, 38.03638681], [-119.27525299, -116.1345143, 40.02028879], [-119.35482543, -114.78625533, 42.00419077], [-119.43439787, -113.43799635, 43.98809275], [-119.51397031, -112.08973929, 45.97199472], [-119.59354275, -110.74148032, 47.9558967], [-119.67311519, -109.3932223, 49.93979868], [-119.75268763, -108.04496333, 51.92370113], [-119.83226007, -106.69670531, 53.90760311], [-119.9118325, -105.34844633, 55.89150533], [-119.99140494, -104.00018832, 57.8754073], [-120.07097726, -102.65192934, 59.85930937], [-120.1505497, -101.30367133, 61.8432115], [-120.23012214, -99.95541283, 63.82711348], [-120.30969458, -98.60715433, 65.81101545], [-120.38926702, -97.25889584, 67.79491743], [-120.46883946, -95.91063746, 69.77881941], [-120.5484119, -94.56237898, 71.76272139], [-120.62798434, -93.21412047, 73.74662336], [-120.70755678, -91.8658621, 75.73052629], [-120.78712922, -90.51760384, 77.71442827], [-120.86670166, -89.16934534, 79.69833025], [-120.9462741, -87.82108685, 81.68223223], [-121.02584653, -86.47282835, 83.66613421], [-121.10541897, -85.12456938, 85.65003618], [-121.18499141, -83.77631136, 87.63393816], [-121.26456385, -82.42805334, 89.61784014], [-121.34413629, -81.07979437, 91.60174212], [-121.42370849, -79.73153635, 93.58564409], [-121.50328093, -78.38327834, 95.56954607], [-121.58285337, -77.03501936, 97.55344805], [-121.66242581, -75.68676039, 99.53735003], [-121.74199825, -74.33850142, 101.521252], [-121.82157069, -72.99024435, 103.50515398], [-121.90114313, -71.64198538, 105.48905596], [-121.98071557, -70.29372641, 107.47295794], [-122.06028801, -68.94546934, 109.45685991], [-122.13986044, -67.59721037, 111.44076189], [-122.21943265, -66.2489514, 113.42466387], [-122.29900532, -64.90069243, 115.40856585], [-122.37857752, -63.55243536, 117.39246782], [-122.4581502, -62.20417639, 119.3763698], [-122.5377224, -60.85591742, 121.36027178], [-122.61729508, -59.50765845, 123.34417376], [-122.69686728, -58.15939947, 125.32807573], [-122.77643996, -56.81114432, 127.31197771], [-122.85601216, -55.46288535, 129.29587969], [-122.93558484, -54.11462637, 131.27978167], [-123.01515704, -52.7663674, 133.26368364], [-123.09472971, -51.41810843, 135.24758562], [-123.17430192, -50.06984946, 137.2314876], [-123.25387459, -48.72159048, 139.21538958], [-123.33344679, -47.37333151, 141.19929155], [-123.41301947, -46.02507635, 143.18319353], [-123.49259167, -44.67681738, 145.16709551], [-123.57216435, -43.32855841, 147.15099749], [-123.65173655, -41.98029944, 149.13489946], [-123.73130923, -40.63204047, 151.11880144], [-123.81088143, -39.28378149, 153.10270342], [-123.89045411, -37.93552252, 155.0866054], [-123.97002631, -36.58726736, 157.07050737], [-124.04959851, -35.23900839, 159.05440935], [-124.12917119, -33.89074942, 161.03831133], [-124.20874339, -32.54249045, 163.02221331], [-124.28831606, -31.19423148, 165.00611528], [-124.36788827, -29.8459725, 166.99001726], [-124.44746094, -28.49771353, 168.97391924]], "CsaImage.TimeAfterStart": [1.0975, 0.7325, 1.1075, 0.7425, 1.12, 0.755, 1.13, 0.765, 1.14, 0.775, 1.1525, 0.785, 1.1625, 0.7975, 1.1725, 0.8075, 1.185, 0.8175, 1.195, 0.83, 1.205, 0.84, 1.215, 0.85, 1.2275, 0.8625, 1.2375, 0.8725, 1.2475, 0.8825, 1.26, 0.8925, 1.27, 0.905, 1.28, 0.915, 1.2925, 0.925, 1.3025, 0.9375, 1.3125, 0.9475, 1.3225, 0.9575, 1.335, 0.97, 1.345, 0.98, 1.355, 0.99, 1.3675, 1.0, 1.3775, 1.0125, 1.3875, 1.0225, 1.4, 1.0325, 1.41, 1.045, 1.42, 1.055, 1.43, 1.065, 1.4425, 1.0775, 1.4525, 1.0875], "ImagePositionPatient": [[-119.11610823214, -118.83103033434, 36.052484836791], [-119.19568067133, -117.48277326952, 38.03638681433], [-119.27525299131, -116.13451429736, 40.020288791869], [-119.35482543051, -114.78625532519, 42.004190769408], [-119.4343978697, -113.43799635302, 43.988092746947], [-119.5139703089, -112.0897392882, 45.971994724486], [-119.59354274809, -110.74148031603, 47.955896702025], [-119.67311518728, -109.39322229754, 49.939798679564], [-119.75268762648, -108.04496332537, 51.92370113394], [-119.83226006567, -106.69670530688, 53.90760311148], [-119.91183250486, -105.34844633471, 55.891505327437], [-119.99140494406, -104.00018831622, 57.875407304976], [-120.07097726404, -102.65192934405, 59.859309371922], [-120.15054970324, -101.30367132555, 61.843211498473], [-120.23012214243, -99.955412830223, 63.827113476012], [-120.30969458162, -98.607154334892, 65.811015453551], [-120.38926702082, -97.258895839561, 67.79491743109], [-120.46883946001, -95.91063746344, 69.778819408629], [-120.5484118992, -94.562378975559, 71.762721386168], [-120.6279843384, -93.214120472778, 73.746623363707], [-120.70755677759, -91.865862096657, 75.730526294921], [-120.78712921679, -90.517603839744, 77.71442827246], [-120.86670165598, -89.169345344414, 79.698330249999], [-120.94627409517, -87.821086849083, 81.682232227538], [-121.02584653437, -86.472828353752, 83.666134205077], [-121.10541897356, -85.124569381584, 85.650036182616], [-121.18499141275, -83.77631136309, 87.633938160155], [-121.26456385195, -82.428053344597, 89.617840137694], [-121.34413629114, -81.079794372429, 91.601742115233], [-121.42370849192, -79.731536353935, 93.585644092772], [-121.50328093111, -78.383278335441, 95.569546070311], [-121.5828533703, -77.035019363273, 97.55344804785], [-121.6624258095, -75.686760391105, 99.537350025389], [-121.74199824869, -74.338501418937, 101.52125200293], [-121.82157068789, -72.990244354118, 103.50515398047], [-121.90114312708, -71.64198538195, 105.48905595801], [-121.98071556627, -70.293726409782, 107.47295793555], [-122.06028800547, -68.945469344963, 109.45685991308], [-122.13986044466, -67.597210372795, 111.44076189062], [-122.21943264544, -66.248951400627, 113.42466386816], [-122.29900532305, -64.900692428459, 115.4085658457], [-122.37857752382, -63.55243536364, 117.39246782324], [-122.45815020144, -62.204176391472, 119.37636980078], [-122.53772240221, -60.855917419304, 121.36027177832], [-122.61729507982, -59.507658447136, 123.34417375586], [-122.6968672806, -58.159399474968, 125.3280757334], [-122.77643995821, -56.811144317497, 127.31197771094], [-122.85601215899, -55.462885345329, 129.29587968848], [-122.9355848366, -54.114626373161, 131.27978166601], [-123.01515703737, -52.766367400993, 133.26368364355], [-123.09472971499, -51.418108428825, 135.24758562109], [-123.17430191576, -50.069849456657, 137.23148759863], [-123.25387459337, -48.721590484489, 139.21538957617], [-123.33344679415, -47.373331512321, 141.19929155371], [-123.41301947176, -46.025076354851, 143.18319353125], [-123.49259167254, -44.676817382683, 145.16709550879], [-123.57216435015, -43.328558410515, 147.15099748633], [-123.65173655092, -41.980299438347, 149.13489946387], [-123.73130922854, -40.632040466179, 151.11880144141], [-123.81088142931, -39.283781494011, 153.10270341894], [-123.89045410692, -37.935522521843, 155.08660539648], [-123.9700263077, -36.587267364372, 157.07050737402], [-124.04959850847, -35.239008392204, 159.05440935156], [-124.12917118609, -33.890749420036, 161.0383113291], [-124.20874338686, -32.542490447868, 163.02221330664], [-124.28831606447, -31.1942314757, 165.00611528418], [-124.36788826525, -29.845972503532, 166.99001726172], [-124.44746094286, -28.497713531364, 168.97391923926]], "InstanceCreationTime": ["074819.437000", "074819.359000", "074819.437000", "074819.359000", "074819.437000", "074819.359000", "074819.453000", "074819.359000", "074819.453000", "074819.375000", "074819.453000", "074819.375000", "074819.453000", "074819.375000", "074819.453000", "074819.375000", "074819.453000", "074819.375000", "074819.453000", "074819.375000", "074819.453000", "074819.375000", "074819.468000", "074819.375000", "074819.468000", "074819.390000", "074819.468000", "074819.390000", "074819.468000", "074819.390000", "074819.484000", "074819.390000", "074819.484000", "074819.390000", "074819.484000", "074819.390000", "074819.484000", "074819.390000", "074819.484000", "074819.406000", "074819.484000", "074819.406000", "074819.484000", "074819.406000", "074819.500000", "074819.406000", "074819.500000", "074819.406000", "074819.500000", "074819.406000", "074819.500000", "074819.406000", "074819.500000", "074819.421000", "074819.500000", "074819.421000", "074819.500000", "074819.421000", "074819.500000", "074819.421000", "074819.500000", "074819.421000", "074819.515000", "074819.421000", "074819.515000", "074819.421000", "074819.515000", "074819.437000"], "InstanceNumber": [1, 2, 3, 4, 5, 6, 7, 8, 9, 10, 11, 12, 13, 14, 15, 16, 17, 18, 19, 20, 21, 22, 23, 24, 25, 26, 27, 28, 29, 30, 31, 32, 33, 34, 35, 36, 37, 38, 39, 40, 41, 42, 43, 44, 45, 46, 47, 48, 49, 50, 51, 52, 53, 54, 55, 56, 57, 58, 59, 60, 61, 62, 63, 64, 65, 66, 67, 68], "LargestImagePixelValue": [4093, 4094, 4093, 4094, 4094, 4094, 4094, 4094, 4094, 4093, 4094, 4094, 4094, 4093, 4092, 4094, 4091, 4092, 4093, 4093, 4089, 4094, 4094, 4094, 4094, 4093, 4094, 4093, 4092, 4093, 4090, 4086, 4093, 4092, 4093, 4094, 4094, 4094, 4088, 4094, 4094, 4092, 4090, 4093, 4093, 4094, 4094, 4090, 4094, 4088, 4093, 4094, 4092, 4092, 4094, 4094, 4094, 4093, 4094, 4094, 4092, 4094, 4094, 4094, 4094, 4094, 4094, 4094], "SliceLocation": [-33.004993182931, -30.604994028266, -28.204993806053, -25.804993579887, -23.404993353722, -21.004994199056, -18.604993972891, -16.204994282475, -13.804993662144, -11.404993971728, -9.0049935484798, -6.6049938580642, -4.2049935619452, -1.8049937483527, 0.59500620993777, 2.9950061682283, 5.3950061265187, 7.7950060178405, 10.195005971945, 12.595005934421, 14.995006614075, 17.395006438428, 19.795006396719, 22.195006355009, 24.5950063133, 26.995006539465, 29.395006229881, 31.795005920296, 34.195006146462, 36.595005828972, 38.995005519388, 41.395005745553, 43.795005971719, 46.195006197884, 48.59500535255, 50.995005578715, 53.395005804881, 55.795004959546, 58.195005185712, 60.595005403972, 62.995005638043, 65.395004784804, 67.795005018874, 70.195005237134, 72.595005471204, 74.995005689465, 77.395003780536, 79.795003998797, 82.195004232867, 84.595004451127, 86.995004685198, 89.395004903458, 91.795005137528, 94.195005355789, 96.59500344686, 98.995003665121, 101.39500389919, 103.79500411745, 106.19500435152, 108.59500456978, 110.99500480385, 113.39500287911, 115.79500309737, 118.19500333144, 120.59500354971, 122.99500378378, 125.39500400204, 127.79500423611], "SmallestImagePixelValue": [1, 0, 0, 1, 1, 0, 0, 0, 1, 1, 0, 0, 0, 2, 0, 0, 1, 0, 1, 2, 7, 6, 0, 1, 2, 0, 0, 0, 0, 3, 2, 5, 0, 0, 1, 3, 3, 0, 12, 3, 0, 1, 1, 1, 0, 4, 0, 0, 2, 1, 2, 0, 1, 0, 1, 0, 1, 1, 1, 1, 0, 2, 0, 0, 0, 0, 1, 0], "WindowCenter": [-288.0, -306.0, -568.0, -572.0, -478.0, -494.0, -488.0, -576.0, -636.0, -598.0, -528.0, -532.0, -526.0, -504.0, -484.0, -488.0, -404.0, -390.0, -398.0, -366.0, -356.0, -332.0, -312.0, -256.0, -234.0, -234.0, -234.0, -238.0, -270.0, -238.0, -188.0, -156.0, -156.0, -136.0, -158.0, -132.0, -138.0, -138.0, -146.0, -136.0, -174.0, -170.0, -172.0, -188.0, -180.0, -192.0, -184.0, -200.0, -216.0, -214.0, -254.0, -230.0, -262.0, -270.0, -304.0, -330.0, -338.0, -366.0, -380.0, -400.0, -440.0, -444.0, -486.0, -456.0, -470.0, -462.0, -442.0, -448.0], "WindowWidth": [6138.0, 6116.0, 5036.0, 5044.0, 5004.0, 5008.0, 4974.0, 4914.0, 4884.0, 4782.0, 4756.0, 4712.0, 4666.0, 4644.0, 4610.0, 4560.0, 4496.0, 4456.0, 4408.0, 4436.0, 4370.0, 4284.0, 4196.0, 4146.0, 4072.0, 4066.0, 4068.0, 4040.0, 4054.0, 4072.0, 4084.0, 4100.0, 4138.0, 4194.0, 4214.0, 4242.0, 4258.0, 4240.0, 4280.0, 4272.0, 4280.0, 4296.0, 4248.0, 4302.0, 4286.0, 4276.0, 4296.0, 4296.0, 4320.0, 4324.0, 4342.0, 4376.0, 4394.0, 4398.0, 4462.0, 4518.0, 4568.0, 4636.0, 4636.0, 4768.0, 4810.0, 4882.0, 4934.0, 4948.0, 4984.0, 5038.0, 5094.0, 5176.0]}}}