{"AcquisitionMatrixPE": 96, "AcquisitionNumber": 1, "AcquisitionTime": "07:39:7.642500", "BaseResolution": 96, "BodyPartExamined": "BRAIN", "ConsistencyInfo": "N4_VD11D_LATEST_20110129", "ConversionSoftware": "dcm2niix", "ConversionSoftwareVersion": "v1.0.20210317", "DeviceSerialNumber": "45239", "DwellTime": 9.2e-06, "EchoNumber": 2, "EchoTime": 0.00738, "EchoTime1": 0.00492, "EchoTime2": 0.00738, "FlipAngle": 50, "ImageOrientationPatientDICOM": [0.999993, -0.00309751, 0.00202695, 0.00370177, 0.836759, -0.547559], "ImageType": ["ORIGINAL", "PRIMARY", "P", "ND", "PHASE"], "ImagingFrequency": 123.193, "InPlanePhaseEncodingDirectionDICOM": "COL", "InstitutionAddress": "E 24th St. 100,Austin,Southmiddle,US,78712", "InstitutionName": "Univ of Texas at Austin", "InstitutionalDepartmentName": "IRC", "MRAcquisitionType": "2D", "MagneticFieldStrength": 3, "Manufacturer": "Siemens", "ManufacturersModelName": "Skyra", "Modality": "MR", "PartialFourier": 1, "PatientPosition": "HFS", "PercentPhaseFOV": 100, "PercentSampling": 100, "PhaseEncodingDirection": "j-", "PhaseEncodingSteps": 96, "PhaseResolution": 1, "PixelBandwidth": 565, "ProcedureStepDescription": "Poldrack2^self-scanning", "ProtocolName": "gre_field_mapping", "PulseSequenceDetails": "%SiemensSeq%\\gre_field_mapping", "ReceiveCoilActiveElements": "HEA;HEP", "ReceiveCoilName": "Head_32", "ReconMatrixPE": 96, "RepetitionTime": 0.731, "SAR": 0.127501, "ScanningSequence": "GR", "SequenceName": "*fm2d2r", "SequenceVariant": "SP", "SeriesDescription": "gre_field_mapping", "SeriesNumber": 11, "ShimSetting": [-2754, 8012, -15422, 156, -136, -36, 230, -78], "SliceThickness": 2, "SliceTiming": [0.35938, 0, 0.375, 0.00781, 0.38281, 0.01562, 0.39062, 0.03125, 0.40625, 0.03906, 0.41406, 0.04688, 0.42969, 0.0625, 0.4375, 0.07031, 0.44531, 0.07812, 0.46094, 0.09375, 0.46875, 0.10156, 0.47656, 0.11719, 0.49219, 0.125, 0.5, 0.13281, 0.50781, 0.14844, 0.52344, 0.15625, 0.53125, 0.17188, 0.54688, 0.17969, 0.55469, 0.1875, 0.5625, 0.20312, 0.57812, 0.21094, 0.58594, 0.21875, 0.60156, 0.23438, 0.60938, 0.24219, 0.61719, 0.25, 0.63281, 0.26562, 0.64062, 0.27344, 0.64844, 0.28906, 0.66406, 0.29688, 0.67188, 0.3125, 0.6875, 0.32031, 0.69531, 0.32812, 0.70312, 0.33594, 0.71875, 0.35156], "SoftwareVersions": "syngo MR D11", "SpacingBetweenSlices": 2.4, "StationName": "AWP45239", "TxRefAmp": 351.777, "dcmmeta_affine": [[-2.3958168029785156, 0.008868830278515816, 0.0, 118.79959106445312], [0.007421129383146763, 2.0047340393066406, -1.3141517639160156, -68.429443359375], [0.0048562316223979, 1.311861276626587, 2.00823974609375, -75.68557739257812], [0.0, 0.0, 0.0, 1.0]], "dcmmeta_reorient_transform": [[0.0, -1.0, 0.0, 95.0], [1.0, 0.0, 0.0, 0.0], [0.0, 0.0, -1.0, 67.0], [0.0, 0.0, 0.0, 1.0]], "dcmmeta_shape": [96, 96, 68], "dcmmeta_slice_dim": 2, "dcmmeta_version": 0.6, "global": {"const": {"AcquisitionMatrix": [96, 0, 0, 96], "AcquisitionNumber": 1, "AngioFlag": "N", "BitsAllocated": 16, "BitsStored": 12, "BodyPartExamined": "BRAIN", "Columns": 96, "EchoNumbers": 2, "EchoTime": 7.38, "EchoTrainLength": 0, "FlipAngle": 50.0, "HighBit": 11, "ImageOrientationPatient": [0.99999314841625, -0.0030975149032, 0.00202694893377, 0.0037017726234, 0.83675857295791, -0.5475594830344], "ImageType": ["ORIGINAL", "PRIMARY", "P", "ND"], "ImagedNucleus": "1H", "ImagingFrequency": 123.193275, "InPlanePhaseEncodingDirection": "COL", "MRAcquisitionType": "2D", "MagneticFieldStrength": 3.0, "Manufacturer": "SIEMENS", "ManufacturerModelName": "Skyra", "Modality": "MR", "NumberOfAverages": 1.0, "NumberOfPhaseEncodingSteps": 96, "PercentPhaseFieldOfView": 100.0, "PercentSampling": 100.0, "PerformedProcedureStepStartTime": "071028.078000", "PhotometricInterpretation": "MONOCHROME2", "PixelBandwidth": 565.0, "PixelRepresentation": 0, "PixelSpacing": [2.3958332538605, 2.3958332538605], "ProtocolName": "gre_field_mapping", "RepetitionTime": 731.0, "RescaleIntercept": -4096.0, "RescaleSlope": 2.0, "RescaleType": "US", "Rows": 96, "SAR": 0.12750112266356, "SamplesPerPixel": 1, "ScanningSequence": "GR", "SequenceName": "*fm2d2r", "SequenceVariant": "SP", "SeriesDescription": "gre_field_mapping", "SeriesNumber": 11, "SeriesTime": "074518.312000", "SliceThickness": 2.0, "SoftwareVersions": "syngo MR D11", "SpacingBetweenSlices": 2.4, "SpecificCharacterSet": "ISO_IR 100", "StudyID": "1", "StudyTime": "071028.031000", "TransmitCoilName": "Body", "VariableFlipAngleFlag": "N", "WindowCenterWidthExplanation": "Algo1", "dBdt": 0.0}, "slices": {"AcquisitionTime": ["073907.642500", "073907.277500", "073907.652500", "073907.287500", "073907.665000", "073907.297500", "073907.675000", "073907.310000", "073907.685000", "073907.320000", "073907.697500", "073907.330000", "073907.707500", "073907.342500", "073907.717500", "073907.352500", "073907.727500", "073907.362500", "073907.740000", "073907.375000", "073907.750000", "073907.385000", "073907.760000", "073907.395000", "073907.772500", "073907.405000", "073907.782500", "073907.417500", "073907.792500", "073907.427500", "073907.805000", "073907.437500", "073907.815000", "073907.450000", "073907.825000", "073907.460000", "073907.835000", "073907.470000", "073907.847500", "073907.482500", "073907.857500", "073907.492500", "073907.867500", "073907.502500", "073907.880000", "073907.512500", "073907.890000", "073907.525000", "073907.900000", "073907.535000", "073907.912500", "073907.545000", "073907.922500", "073907.557500", "073907.932500", "073907.567500", "073907.942500", "073907.577500", "073907.955000", "073907.590000", "073907.965000", "073907.600000", "073907.975000", "073907.610000", "073907.987500", "073907.620000", "073907.997500", "073907.632500"], "ContentTime": ["074518.421000", "074518.312000", "074518.437000", "074518.312000", "074518.437000", "074518.312000", "074518.437000", "074518.328000", "074518.437000", "074518.343000", "074518.437000", "074518.343000", "074518.437000", "074518.343000", "074518.437000", "074518.343000", "074518.453000", "074518.343000", "074518.453000", "074518.343000", "074518.453000", "074518.359000", "074518.453000", "074518.359000", "074518.468000", "074518.359000", "074518.468000", "074518.375000", "074518.468000", "074518.375000", "074518.468000", "074518.375000", "074518.468000", "074518.390000", "074518.468000", "074518.390000", "074518.484000", "074518.390000", "074518.484000", "074518.390000", "074518.484000", "074518.390000", "074518.484000", "074518.406000", "074518.484000", "074518.406000", "074518.500000", "074518.406000", "074518.500000", "074518.406000", "074518.500000", "074518.406000", "074518.500000", "074518.406000", "074518.500000", "074518.406000", "074518.515000", "074518.421000", "074518.515000", "074518.421000", "074518.515000", "074518.421000", "074518.515000", "074518.421000", "074518.515000", "074518.421000", "074518.515000", "074518.421000"], "CsaImage.ICE_Dims": ["X_2_1_1_1_1_1_35_1_1_1_1_49", "X_2_1_1_1_1_1_1_1_1_2_1_49", "X_2_1_1_1_1_1_36_1_1_3_1_49", "X_2_1_1_1_1_1_2_1_1_4_1_49", "X_2_1_1_1_1_1_37_1_1_5_1_49", "X_2_1_1_1_1_1_3_1_1_6_1_49", "X_2_1_1_1_1_1_38_1_1_7_1_49", "X_2_1_1_1_1_1_4_1_1_8_1_49", "X_2_1_1_1_1_1_39_1_1_9_1_49", "X_2_1_1_1_1_1_5_1_1_10_1_49", "X_2_1_1_1_1_1_40_1_1_11_1_49", "X_2_1_1_1_1_1_6_1_1_12_1_49", "X_2_1_1_1_1_1_41_1_1_13_1_49", "X_2_1_1_1_1_1_7_1_1_14_1_49", "X_2_1_1_1_1_1_42_1_1_15_1_49", "X_2_1_1_1_1_1_8_1_1_16_1_49", "X_2_1_1_1_1_1_43_1_1_17_1_49", "X_2_1_1_1_1_1_9_1_1_18_1_49", "X_2_1_1_1_1_1_44_1_1_19_1_49", "X_2_1_1_1_1_1_10_1_1_20_1_49", "X_2_1_1_1_1_1_45_1_1_21_1_49", "X_2_1_1_1_1_1_11_1_1_22_1_49", "X_2_1_1_1_1_1_46_1_1_23_1_49", "X_2_1_1_1_1_1_12_1_1_24_1_49", "X_2_1_1_1_1_1_47_1_1_25_1_49", "X_2_1_1_1_1_1_13_1_1_26_1_49", "X_2_1_1_1_1_1_48_1_1_27_1_49", "X_2_1_1_1_1_1_14_1_1_28_1_49", "X_2_1_1_1_1_1_49_1_1_29_1_49", "X_2_1_1_1_1_1_15_1_1_30_1_49", "X_2_1_1_1_1_1_50_1_1_31_1_49", "X_2_1_1_1_1_1_16_1_1_32_1_49", "X_2_1_1_1_1_1_51_1_1_33_1_49", "X_2_1_1_1_1_1_17_1_1_34_1_49", "X_2_1_1_1_1_1_52_1_1_35_1_49", "X_2_1_1_1_1_1_18_1_1_36_1_49", "X_2_1_1_1_1_1_53_1_1_37_1_49", "X_2_1_1_1_1_1_19_1_1_38_1_49", "X_2_1_1_1_1_1_54_1_1_39_1_49", "X_2_1_1_1_1_1_20_1_1_40_1_49", "X_2_1_1_1_1_1_55_1_1_41_1_49", "X_2_1_1_1_1_1_21_1_1_42_1_49", "X_2_1_1_1_1_1_56_1_1_43_1_49", "X_2_1_1_1_1_1_22_1_1_44_1_49", "X_2_1_1_1_1_1_57_1_1_45_1_49", "X_2_1_1_1_1_1_23_1_1_46_1_49", "X_2_1_1_1_1_1_58_1_1_47_1_49", "X_2_1_1_1_1_1_24_1_1_48_1_49", "X_2_1_1_1_1_1_59_1_1_49_1_49", "X_2_1_1_1_1_1_25_1_1_50_1_49", "X_2_1_1_1_1_1_60_1_1_51_1_49", "X_2_1_1_1_1_1_26_1_1_52_1_49", "X_2_1_1_1_1_1_61_1_1_53_1_49", "X_2_1_1_1_1_1_27_1_1_54_1_49", "X_2_1_1_1_1_1_62_1_1_55_1_49", "X_2_1_1_1_1_1_28_1_1_56_1_49", "X_2_1_1_1_1_1_63_1_1_57_1_49", "X_2_1_1_1_1_1_29_1_1_58_1_49", "X_2_1_1_1_1_1_64_1_1_59_1_49", "X_2_1_1_1_1_1_30_1_1_60_1_49", "X_2_1_1_1_1_1_65_1_1_61_1_49", "X_2_1_1_1_1_1_31_1_1_62_1_49", "X_2_1_1_1_1_1_66_1_1_63_1_49", "X_2_1_1_1_1_1_32_1_1_64_1_49", "X_2_1_1_1_1_1_67_1_1_65_1_49", "X_2_1_1_1_1_1_33_1_1_66_1_49", "X_2_1_1_1_1_1_68_1_1_67_1_49", "X_2_1_1_1_1_1_34_1_1_68_1_49"], "CsaImage.ProtocolSliceNumber": [0, 1, 2, 3, 4, 5, 6, 7, 8, 9, 10, 11, 12, 13, 14, 15, 16, 17, 18, 19, 20, 21, 22, 23, 24, 25, 26, 27, 28, 29, 30, 31, 32, 33, 34, 35, 36, 37, 38, 39, 40, 41, 42, 43, 44, 45, 46, 47, 48, 49, 50, 51, 52, 53, 54, 55, 56, 57, 58, 59, 60, 61, 62, 63, 64, 65, 66, 67], "CsaImage.SlicePosition_PCS": [[-119.64212906, -122.02028569, 48.94159975], [-119.64212906, -120.70613393, 50.94983378], [-119.64212906, -119.39198216, 52.9580678], [-119.64212906, -118.0778304, 54.9663023], [-119.64212906, -116.76367864, 56.9745368], [-119.64212906, -115.44952687, 58.9827713], [-119.64212906, -114.13537511, 60.99100557], [-119.64212906, -112.82122335, 62.99923992], [-119.64212906, -111.50707158, 65.00747433], [-119.64212906, -110.19291982, 67.01570883], [-119.64212906, -108.87876805, 69.02394285], [-119.64212906, -107.56461629, 71.03217688], [-119.64212906, -106.25046453, 73.04041186], [-119.64212906, -104.93631276, 75.04864588], [-119.64212906, -103.622161, 77.0568799], [-119.64212906, -102.30800923, 79.06511393], [-119.64212906, -100.99385747, 81.07334986], [-119.64212906, -99.67970571, 83.08158388], [-119.64212906, -98.36555394, 85.08981791], [-119.64212906, -97.05140218, 87.09805193], [-119.64212906, -95.7372505, 89.10628596], [-119.64212906, -94.42309877, 91.11451998], [-119.64212906, -93.10894713, 93.12275591], [-119.64212906, -91.79479512, 95.13098803], [-119.64212906, -90.48064336, 97.13922396], [-119.64212906, -89.16649159, 99.14745989], [-119.64212906, -87.85233983, 101.15569201], [-119.64212906, -86.53818807, 103.16392794], [-119.64212906, -85.2240363, 105.17216006], [-119.64212906, -83.90988454, 107.18039599], [-119.64212906, -82.59573278, 109.1886281], [-119.64212906, -81.28158101, 111.19686404], [-119.64212906, -79.96742925, 113.20509997], [-119.64212906, -78.65327748, 115.21333208], [-119.64212906, -77.33912572, 117.22156801], [-119.64212906, -76.02497396, 119.22980013], [-119.64212906, -74.71082219, 121.23803606], [-119.64212906, -73.39667043, 123.24627199], [-119.64212906, -72.08251866, 125.25450411], [-119.64212906, -70.7683669, 127.26273623], [-119.64212906, -69.45421514, 129.27097597], [-119.64212906, -68.14006337, 131.27920809], [-119.64212906, -66.82591161, 133.28744021], [-119.64212906, -65.51175984, 135.29567995], [-119.64212906, -64.19760808, 137.30391207], [-119.64212906, -62.88345822, 139.31214419], [-119.64212906, -61.56930646, 141.3203763], [-119.64212906, -60.2551547, 143.32861605], [-119.64212906, -58.94100293, 145.33684817], [-119.64212906, -57.62685117, 147.34508028], [-119.64212906, -56.3126994, 149.35332003], [-119.64212906, -54.99854764, 151.36155215], [-119.64212906, -53.68439588, 153.36978426], [-119.64212906, -52.37024411, 155.37801638], [-119.64212906, -51.05609235, 157.38625613], [-119.64212906, -49.74194058, 159.39448824], [-119.64212906, -48.42778882, 161.40272036], [-119.64212906, -47.11363706, 163.4109601], [-119.64212906, -45.79948529, 165.41919222], [-119.64212906, -44.48533353, 167.42742434], [-119.64212906, -43.17118177, 169.43566408], [-119.64212906, -41.85703, 171.4438962], [-119.64212906, -40.54287824, 173.45212832], [-119.64212906, -39.22872647, 175.46036043], [-119.64212906, -37.91457471, 177.46860018], [-119.64212906, -36.60042295, 179.4768323], [-119.64212906, -35.28627118, 181.48506441], [-119.64212906, -33.97211942, 183.49330416]], "CsaImage.TimeAfterStart": [1.0975, 0.7325, 1.11, 0.745, 1.12, 0.755, 1.13, 0.765, 1.1425, 0.775, 1.1525, 0.7875, 1.1625, 0.7975, 1.175, 0.8075, 1.185, 0.82, 1.195, 0.83, 1.205, 0.84, 1.2175, 0.8525, 1.2275, 0.8625, 1.2375, 0.8725, 1.25, 0.8825, 1.26, 0.895, 1.27, 0.905, 1.2825, 0.915, 1.2925, 0.9275, 1.3025, 0.9375, 1.3125, 0.9475, 1.325, 0.96, 1.335, 0.97, 1.345, 0.98, 1.3575, 0.99, 1.3675, 1.0025, 1.3775, 1.0125, 1.39, 1.0225, 1.4, 1.035, 1.41, 1.045, 1.42, 1.055, 1.4325, 1.0675, 1.4425, 1.0775, 1.4525, 1.0875], "ImagePositionPatient": [[-119.6421290593, -122.02028569279, 48.941599753127], [-119.6421290593, -120.70613392887, 50.949833777175], [-119.6421290593, -119.39198216496, 52.958067801223], [-119.6421290593, -118.07783040104, 54.966302302108], [-119.6421290593, -116.76367863712, 56.974536802993], [-119.6421290593, -115.44952687321, 58.982771303878], [-119.6421290593, -114.13537510929, 60.991005566344], [-119.6421290593, -112.82122334538, 62.999239918218], [-119.6421290593, -111.50707158146, 65.007474329696], [-119.6421290593, -110.19291981754, 67.015708830581], [-119.6421290593, -108.87876805363, 69.023942854629], [-119.6421290593, -107.56461628971, 71.032176878676], [-119.6421290593, -106.25046452579, 73.040411856399], [-119.6421290593, -104.93631276188, 75.048645880446], [-119.6421290593, -103.62216099796, 77.056879904494], [-119.6421290593, -102.30800923405, 79.065113928542], [-119.6421290593, -100.99385747013, 81.073349859939], [-119.6421290593, -99.679705706215, 83.081583883987], [-119.6421290593, -98.365553942299, 85.089817908034], [-119.6421290593, -97.051402178383, 87.098051932082], [-119.6421290593, -95.737250503874, 89.10628595613], [-119.6421290593, -94.42309876976, 91.114519980178], [-119.6421290593, -93.108947125053, 93.122755911574], [-119.6421290593, -91.794795122719, 95.130988028274], [-119.6421290593, -90.480643358803, 97.13922395967], [-119.6421290593, -89.166491594887, 99.147459891067], [-119.6421290593, -87.852339830971, 101.15569200777], [-119.6421290593, -86.538188067055, 103.16392793916], [-119.6421290593, -85.224036303139, 105.17216005586], [-119.6421290593, -83.909884539223, 107.18039598726], [-119.6421290593, -82.595732775307, 109.18862810396], [-119.6421290593, -81.281581011391, 111.19686403535], [-119.6421290593, -79.967429247475, 113.20509996675], [-119.6421290593, -78.653277483559, 115.21333208345], [-119.6421290593, -77.339125719643, 117.22156801485], [-119.6421290593, -76.024973955727, 119.22980013155], [-119.6421290593, -74.710822191811, 121.23803606294], [-119.6421290593, -73.396670427895, 123.24627199434], [-119.6421290593, -72.082518663979, 125.25450411104], [-119.6421290593, -70.768366900063, 127.26273622774], [-119.6421290593, -69.454215136147, 129.27097597383], [-119.6421290593, -68.14006337223, 131.27920809053], [-119.6421290593, -66.825911608314, 133.28744020723], [-119.6421290593, -65.511759844398, 135.29567995332], [-119.6421290593, -64.197608080482, 137.30391207002], [-119.6421290593, -62.883458223915, 139.31214418672], [-119.6421290593, -61.569306459999, 141.32037630342], [-119.6421290593, -60.255154696083, 143.32861604951], [-119.6421290593, -58.941002932167, 145.33684816621], [-119.6421290593, -57.626851168251, 147.34508028291], [-119.6421290593, -56.312699404335, 149.35332002901], [-119.6421290593, -54.998547640419, 151.36155214571], [-119.6421290593, -53.684395876503, 153.3697842624], [-119.6421290593, -52.370244112587, 155.3780163791], [-119.6421290593, -51.056092348671, 157.3862561252], [-119.6421290593, -49.741940584755, 159.3944882419], [-119.6421290593, -48.427788820839, 161.4027203586], [-119.6421290593, -47.113637056923, 163.41096010469], [-119.6421290593, -45.799485293007, 165.41919222139], [-119.6421290593, -44.485333529091, 167.42742433809], [-119.6421290593, -43.171181765175, 169.43566408418], [-119.6421290593, -41.857030001259, 171.44389620088], [-119.6421290593, -40.542878237343, 173.45212831758], [-119.6421290593, -39.228726473427, 175.46036043428], [-119.6421290593, -37.914574709511, 177.46860018037], [-119.6421290593, -36.600422945595, 179.47683229707], [-119.6421290593, -35.286271181679, 181.48506441377], [-119.6421290593, -33.972119417763, 183.49330415987]], "InstanceCreationTime": ["074518.421000", "074518.312000", "074518.437000", "074518.312000", "074518.437000", "074518.312000", "074518.437000", "074518.328000", "074518.437000", "074518.343000", "074518.437000", "074518.343000", "074518.437000", "074518.343000", "074518.437000", "074518.343000", "074518.453000", "074518.343000", "074518.453000", "074518.343000", "074518.453000", "074518.359000", "074518.453000", "074518.359000", "074518.468000", "074518.359000", "074518.468000", "074518.375000", "074518.468000", "074518.375000", "074518.468000", "074518.375000", "074518.468000", "074518.390000", "074518.468000", "074518.390000", "074518.484000", "074518.390000", "074518.484000", "074518.390000", "074518.484000", "074518.390000", "074518.484000", "074518.406000", "074518.484000", "074518.406000", "074518.500000", "074518.406000", "074518.500000", "074518.406000", "074518.500000", "074518.406000", "074518.500000", "074518.406000", "074518.500000", "074518.406000", "074518.515000", "074518.421000", "074518.515000", "074518.421000", "074518.515000", "074518.421000", "074518.515000", "074518.421000", "074518.515000", "074518.421000", "074518.515000", "074518.421000"], "InstanceNumber": [1, 2, 3, 4, 5, 6, 7, 8, 9, 10, 11, 12, 13, 14, 15, 16, 17, 18, 19, 20, 21, 22, 23, 24, 25, 26, 27, 28, 29, 30, 31, 32, 33, 34, 35, 36, 37, 38, 39, 40, 41, 42, 43, 44, 45, 46, 47, 48, 49, 50, 51, 52, 53, 54, 55, 56, 57, 58, 59, 60, 61, 62, 63, 64, 65, 66, 67, 68], "LargestImagePixelValue": [4094, 4094, 4094, 4094, 4094, 4094, 4094, 4094, 4091, 4094, 4094, 4094, 4094, 4092, 4092, 4094, 4094, 4094, 4094, 4094, 4094, 4093, 4093, 4092, 4091, 4094, 4092, 4094, 4093, 4094, 4091, 4093, 4086, 4094, 4089, 4094, 4092, 4093, 4094, 4094, 4094, 4094, 4093, 4094, 4093, 4094, 4092, 4094, 4094, 4094, 4094, 4094, 4090, 4094, 4094, 4094, 4093, 4094, 4094, 4094, 4094, 4094, 4093, 4094, 4094, 4094, 4094, 4093], "SliceLocation": [-25.861239382157, -23.461239641751, -21.061239901346, -18.66123976194, -16.261239622534, -13.861239483128, -11.461239543222, -9.0612395285038, -6.6612394639104, -4.2612393245045, -1.8612395840989, 0.53876015630672, 2.938760694713, 5.3387604351186, 7.7387601755242, 10.13875991593, 12.538761252337, 14.938760992742, 17.338760733148, 19.738760473553, 22.138760165003, 24.53875988909, 26.938761160222, 29.338759435176, 31.738760771583, 34.13876210799, 36.538760252394, 38.938761588801, 41.338759733205, 43.738761069612, 46.138759214016, 48.538760550423, 50.93876188683, 53.338760031234, 55.738761367641, 58.138759512046, 60.538760848453, 62.938762184859, 65.338760329264, 67.738758473668, 70.138763002077, 72.538761146482, 74.938759290886, 77.338763819296, 79.7387619637, 82.13875906371, 84.538757208115, 86.938761736524, 89.338759880928, 91.738758025333, 94.138762553742, 96.538760698146, 98.938758842551, 101.33875698696, 103.73876151536, 106.13875965977, 108.53875780417, 110.93876233258, 113.33876047699, 115.73875862139, 118.1387631498, 120.5387612942, 122.93875943861, 125.33875758301, 127.73876211142, 130.13876025583, 132.53875840023, 134.93876292864], "SmallestImagePixelValue": [0, 0, 0, 0, 0, 0, 0, 0, 2, 2, 0, 0, 0, 3, 0, 1, 2, 4, 0, 0, 0, 0, 0, 1, 2, 0, 2, 2, 1, 1, 2, 2, 2, 3, 0, 0, 2, 0, 1, 0, 0, 1, 0, 3, 0, 0, 0, 0, 0, 6, 0, 1, 0, 0, 0, 0, 0, 0, 0, 1, 5, 1, 0, 0, 0, 0, 0, 0], "WindowCenter": [-458.0, -508.0, -554.0, -568.0, -580.0, -514.0, -526.0, -508.0, -540.0, -528.0, -586.0, -556.0, -558.0, -578.0, -518.0, -514.0, -486.0, -468.0, -460.0, -402.0, -376.0, -356.0, -304.0, -268.0, -262.0, -294.0, -326.0, -308.0, -284.0, -266.0, -258.0, -264.0, -278.0, -252.0, -256.0, -266.0, -230.0, -204.0, -162.0, -148.0, -196.0, -192.0, -206.0, -232.0, -272.0, -266.0, -308.0, -324.0, -268.0, -266.0, -256.0, -276.0, -292.0, -288.0, -286.0, -312.0, -344.0, -396.0, -402.0, -414.0, -408.0, -450.0, -446.0, -456.0, -456.0, -452.0, -450.0, -432.0], "WindowWidth": [5012.0, 4990.0, 5010.0, 4994.0, 4960.0, 4880.0, 4884.0, 4846.0, 4808.0, 4760.0, 4742.0, 4764.0, 4712.0, 4654.0, 4610.0, 4506.0, 4476.0, 4452.0, 4368.0, 4360.0, 4252.0, 4234.0, 4162.0, 4092.0, 4022.0, 3966.0, 3880.0, 3902.0, 3914.0, 3968.0, 3926.0, 3924.0, 3976.0, 4002.0, 4024.0, 4072.0, 4118.0, 4132.0, 4164.0, 4194.0, 4202.0, 4212.0, 4228.0, 4276.0, 4252.0, 4320.0, 4328.0, 4292.0, 4330.0, 4266.0, 4284.0, 4320.0, 4316.0, 4330.0, 4368.0, 4406.0, 4488.0, 4512.0, 4626.0, 4694.0, 4700.0, 4798.0, 4856.0, 4922.0, 4912.0, 4974.0, 5028.0, 5102.0]}}}