{"AcquisitionMatrixPE": 96, "AcquisitionNumber": 1, "AcquisitionTime": "07:42:33.487500", "BaseResolution": 96, "BodyPartExamined": "BRAIN", "ConsistencyInfo": "N4_VD11D_LATEST_20110129", "ConversionSoftware": "dcm2niix", "ConversionSoftwareVersion": "v1.0.20210317", "DeviceSerialNumber": "45239", "DwellTime": 9.2e-06, "EchoNumber": 2, "EchoTime": 0.00738, "EchoTime1": 0.00492, "EchoTime2": 0.00738, "FlipAngle": 50, "ImageOrientationPatientDICOM": [0.999455, 0.0070666, 0.0322495, 0.0144873, 0.783878, -0.620746], "ImageType": ["ORIGINAL", "PRIMARY", "P", "ND", "PHASE"], "ImagingFrequency": 123.193, "InPlanePhaseEncodingDirectionDICOM": "COL", "InstitutionAddress": "E 24th St. 100,Austin,Southmiddle,US,78712", "InstitutionName": "Univ of Texas at Austin", "InstitutionalDepartmentName": "IRC", "MRAcquisitionType": "2D", "MagneticFieldStrength": 3, "Manufacturer": "Siemens", "ManufacturersModelName": "Skyra", "Modality": "MR", "PartialFourier": 1, "PatientPosition": "HFS", "PercentPhaseFOV": 100, "PercentSampling": 100, "PhaseEncodingDirection": "j-", "PhaseEncodingSteps": 96, "PhaseResolution": 1, "PixelBandwidth": 565, "ProcedureStepDescription": "Poldrack2^self-scanning", "ProtocolName": "gre_field_mapping", "PulseSequenceDetails": "%SiemensSeq%\\gre_field_mapping", "ReceiveCoilActiveElements": "HEA;HEP;SP1", "ReceiveCoilName": "Head_32", "ReconMatrixPE": 96, "RepetitionTime": 0.731, "SAR": 0.11072, "ScanningSequence": "GR", "SequenceName": "*fm2d2r", "SequenceVariant": "SP", "SeriesDescription": "gre_field_mapping", "SeriesNumber": 13, "ShimSetting": [-2787, 8098, -15479, 141, -206, 53, 124, -122], "SliceThickness": 2, "SliceTiming": [0.35938, 0, 0.375, 0.00781, 0.38281, 0.01562, 0.39844, 0.03125, 0.40625, 0.03906, 0.41406, 0.04688, 0.42969, 0.0625, 0.4375, 0.07031, 0.44531, 0.08594, 0.46094, 0.09375, 0.46875, 0.10156, 0.47656, 0.11719, 0.49219, 0.125, 0.5, 0.14062, 0.51562, 0.14844, 0.52344, 0.15625, 0.53125, 0.17188, 0.54688, 0.17969, 0.55469, 0.1875, 0.57031, 0.20312, 0.57812, 0.21094, 0.58594, 0.21875, 0.60156, 0.23438, 0.60938, 0.24219, 0.61719, 0.25781, 0.63281, 0.26562, 0.64062, 0.28125, 0.65625, 0.28906, 0.66406, 0.29688, 0.67188, 0.3125, 0.6875, 0.32031, 0.69531, 0.32812, 0.71094, 0.34375, 0.71875, 0.35156], "SoftwareVersions": "syngo MR D11", "SpacingBetweenSlices": 2.4, "StationName": "AWP45239", "TxRefAmp": 337.228, "dcmmeta_affine": [[-2.3945271968841553, 0.03470909595489502, 0.07119894027709961, 114.93911743164062], [-0.016930386424064636, 1.8780415058135986, -1.4900932312011719, -52.73765182495117], [0.07726439833641052, 1.4872028827667236, 1.880035400390625, -112.32811737060547], [0.0, 0.0, 0.0, 1.0]], "dcmmeta_reorient_transform": [[0.0, -1.0, 0.0, 95.0], [1.0, 0.0, 0.0, 0.0], [0.0, 0.0, -1.0, 67.0], [0.0, 0.0, 0.0, 1.0]], "dcmmeta_shape": [96, 96, 68], "dcmmeta_slice_dim": 2, "dcmmeta_version": 0.6, "global": {"const": {"AcquisitionMatrix": [96, 0, 0, 96], "AcquisitionNumber": 1, "AngioFlag": "N", "BitsAllocated": 16, "BitsStored": 12, "BodyPartExamined": "BRAIN", "Columns": 96, "EchoNumbers": 2, "EchoTime": 7.38, "EchoTrainLength": 0, "FlipAngle": 50.0, "HighBit": 11, "ImageOrientationPatient": [0.99945486820444, 0.00706659609742, 0.03224949057019, 0.01448727494415, 0.78387821934133, -0.6207455647099], "ImageType": ["ORIGINAL", "PRIMARY", "P", "ND"], "ImagedNucleus": "1H", "ImagingFrequency": 123.193396, "InPlanePhaseEncodingDirection": "COL", "MRAcquisitionType": "2D", "MagneticFieldStrength": 3.0, "Manufacturer": "SIEMENS", "ManufacturerModelName": "Skyra", "Modality": "MR", "NumberOfAverages": 1.0, "NumberOfPhaseEncodingSteps": 96, "PercentPhaseFieldOfView": 100.0, "PercentSampling": 100.0, "PerformedProcedureStepStartTime": "071321.625000", "PhotometricInterpretation": "MONOCHROME2", "PixelBandwidth": 565.0, "PixelRepresentation": 0, "PixelSpacing": [2.3958332538605, 2.3958332538605], "ProtocolName": "gre_field_mapping", "RepetitionTime": 731.0, "RescaleIntercept": -4096.0, "RescaleSlope": 2.0, "RescaleType": "US", "Rows": 96, "SAR": 0.11072008916822, "SamplesPerPixel": 1, "ScanningSequence": "GR", "SequenceName": "*fm2d2r", "SequenceVariant": "SP", "SeriesDescription": "gre_field_mapping", "SeriesNumber": 13, "SeriesTime": "074455.421000", "SliceThickness": 2.0, "SoftwareVersions": "syngo MR D11", "SpacingBetweenSlices": 2.4, "SpecificCharacterSet": "ISO_IR 100", "StudyID": "1", "StudyTime": "071321.593000", "TransmitCoilName": "Body", "VariableFlipAngleFlag": "N", "WindowCenterWidthExplanation": "Algo1", "dBdt": 0.0}, "slices": {"AcquisitionTime": ["074233.487500", "074233.122500", "074233.497500", "074233.132500", "074233.510000", "074233.142500", "074233.520000", "074233.155000", "074233.530000", "074233.165000", "074233.542500", "074233.175000", "074233.552500", "074233.187500", "074233.562500", "074233.197500", "074233.572500", "074233.207500", "074233.585000", "074233.220000", "074233.595000", "074233.230000", "074233.605000", "074233.240000", "074233.617500", "074233.250000", "074233.627500", "074233.262500", "074233.637500", "074233.272500", "074233.650000", "074233.282500", "074233.660000", "074233.295000", "074233.670000", "074233.305000", "074233.680000", "074233.315000", "074233.692500", "074233.327500", "074233.702500", "074233.337500", "074233.712500", "074233.347500", "074233.725000", "074233.357500", "074233.735000", "074233.370000", "074233.745000", "074233.380000", "074233.757500", "074233.390000", "074233.767500", "074233.402500", "074233.777500", "074233.412500", "074233.787500", "074233.422500", "074233.800000", "074233.435000", "074233.810000", "074233.445000", "074233.820000", "074233.455000", "074233.832500", "074233.465000", "074233.842500", "074233.477500"], "ContentTime": ["074455.515000", "074455.437000", "074455.515000", "074455.437000", "074455.515000", "074455.437000", "074455.515000", "074455.437000", "074455.515000", "074455.437000", "074455.515000", "074455.437000", "074455.515000", "074455.437000", "074455.515000", "074455.453000", "074455.531000", "074455.453000", "074455.531000", "074455.453000", "074455.531000", "074455.453000", "074455.531000", "074455.453000", "074455.531000", "074455.453000", "074455.531000", "074455.453000", "074455.531000", "074455.453000", "074455.531000", "074455.468000", "074455.531000", "074455.468000", "074455.546000", "074455.468000", "074455.546000", "074455.468000", "074455.546000", "074455.468000", "074455.562000", "074455.468000", "074455.562000", "074455.468000", "074455.562000", "074455.468000", "074455.578000", "074455.484000", "074455.578000", "074455.484000", "074455.578000", "074455.484000", "074455.578000", "074455.484000", "074455.578000", "074455.484000", "074455.578000", "074455.484000", "074455.578000", "074455.500000", "074455.593000", "074455.500000", "074455.609000", "074455.500000", "074455.625000", "074455.500000", "074455.765000", "074455.500000"], "CsaImage.GSWDDataType": ["predicted", "predicted", "measured", "predicted", "measured", "predicted", "measured", "predicted", "measured", "predicted", "measured", "predicted", "measured", "predicted", "measured", "predicted", "measured", "predicted", "measured", "predicted", "measured", "predicted", "measured", "predicted", "measured", "predicted", "measured", "predicted", "measured", "predicted", "measured", "predicted", "measured", "predicted", "measured", "predicted", "measured", "predicted", "measured", "predicted", "measured", "predicted", "measured", "predicted", "measured", "predicted", "measured", "predicted", "measured", "predicted", "measured", "predicted", "measured", "predicted", "measured", "predicted", "measured", "predicted", "measured", "predicted", "measured", "predicted", "measured", "predicted", "measured", "predicted", "measured", "predicted"], "CsaImage.ICE_Dims": ["X_2_1_1_1_1_1_35_1_1_1_1_231", "X_2_1_1_1_1_1_1_1_1_2_1_231", "X_2_1_1_1_1_1_36_1_1_3_1_231", "X_2_1_1_1_1_1_2_1_1_4_1_231", "X_2_1_1_1_1_1_37_1_1_5_1_231", "X_2_1_1_1_1_1_3_1_1_6_1_231", "X_2_1_1_1_1_1_38_1_1_7_1_231", "X_2_1_1_1_1_1_4_1_1_8_1_231", "X_2_1_1_1_1_1_39_1_1_9_1_231", "X_2_1_1_1_1_1_5_1_1_10_1_231", "X_2_1_1_1_1_1_40_1_1_11_1_231", "X_2_1_1_1_1_1_6_1_1_12_1_231", "X_2_1_1_1_1_1_41_1_1_13_1_231", "X_2_1_1_1_1_1_7_1_1_14_1_231", "X_2_1_1_1_1_1_42_1_1_15_1_231", "X_2_1_1_1_1_1_8_1_1_16_1_231", "X_2_1_1_1_1_1_43_1_1_17_1_231", "X_2_1_1_1_1_1_9_1_1_18_1_231", "X_2_1_1_1_1_1_44_1_1_19_1_231", "X_2_1_1_1_1_1_10_1_1_20_1_231", "X_2_1_1_1_1_1_45_1_1_21_1_231", "X_2_1_1_1_1_1_11_1_1_22_1_231", "X_2_1_1_1_1_1_46_1_1_23_1_231", "X_2_1_1_1_1_1_12_1_1_24_1_231", "X_2_1_1_1_1_1_47_1_1_25_1_231", "X_2_1_1_1_1_1_13_1_1_26_1_231", "X_2_1_1_1_1_1_48_1_1_27_1_231", "X_2_1_1_1_1_1_14_1_1_28_1_231", "X_2_1_1_1_1_1_49_1_1_29_1_231", "X_2_1_1_1_1_1_15_1_1_30_1_231", "X_2_1_1_1_1_1_50_1_1_31_1_231", "X_2_1_1_1_1_1_16_1_1_32_1_231", "X_2_1_1_1_1_1_51_1_1_33_1_231", "X_2_1_1_1_1_1_17_1_1_34_1_231", "X_2_1_1_1_1_1_52_1_1_35_1_231", "X_2_1_1_1_1_1_18_1_1_36_1_231", "X_2_1_1_1_1_1_53_1_1_37_1_231", "X_2_1_1_1_1_1_19_1_1_38_1_231", "X_2_1_1_1_1_1_54_1_1_39_1_231", "X_2_1_1_1_1_1_20_1_1_40_1_231", "X_2_1_1_1_1_1_55_1_1_41_1_231", "X_2_1_1_1_1_1_21_1_1_42_1_231", "X_2_1_1_1_1_1_56_1_1_43_1_231", "X_2_1_1_1_1_1_22_1_1_44_1_231", "X_2_1_1_1_1_1_57_1_1_45_1_231", "X_2_1_1_1_1_1_23_1_1_46_1_231", "X_2_1_1_1_1_1_58_1_1_47_1_231", "X_2_1_1_1_1_1_24_1_1_48_1_231", "X_2_1_1_1_1_1_59_1_1_49_1_231", "X_2_1_1_1_1_1_25_1_1_50_1_231", "X_2_1_1_1_1_1_60_1_1_51_1_231", "X_2_1_1_1_1_1_26_1_1_52_1_231", "X_2_1_1_1_1_1_61_1_1_53_1_231", "X_2_1_1_1_1_1_27_1_1_54_1_231", "X_2_1_1_1_1_1_62_1_1_55_1_231", "X_2_1_1_1_1_1_28_1_1_56_1_231", "X_2_1_1_1_1_1_63_1_1_57_1_231", "X_2_1_1_1_1_1_29_1_1_58_1_231", "X_2_1_1_1_1_1_64_1_1_59_1_231", "X_2_1_1_1_1_1_30_1_1_60_1_231", "X_2_1_1_1_1_1_65_1_1_61_1_231", "X_2_1_1_1_1_1_31_1_1_62_1_231", "X_2_1_1_1_1_1_66_1_1_63_1_231", "X_2_1_1_1_1_1_32_1_1_64_1_231", "X_2_1_1_1_1_1_67_1_1_65_1_231", "X_2_1_1_1_1_1_33_1_1_66_1_231", "X_2_1_1_1_1_1_68_1_1_67_1_231", "X_2_1_1_1_1_1_34_1_1_68_1_231"], "CsaImage.ProtocolSliceNumber": [0, 1, 2, 3, 4, 5, 6, 7, 8, 9, 10, 11, 12, 13, 14, 15, 16, 17, 18, 19, 20, 21, 22, 23, 24, 25, 26, 27, 28, 29, 30, 31, 32, 33, 34, 35, 36, 37, 38, 39, 40, 41, 42, 43, 44, 45, 46, 47, 48, 49, 50, 51, 52, 53, 54, 55, 56, 57, 58, 59, 60, 61, 62, 63, 64, 65, 66, 67], "CsaImage.RFSWDDataType": ["measured", "predicted", "measured", "predicted", "measured", "predicted", "measured", "predicted", "measured", "predicted", "measured", "predicted", "measured", "predicted", "measured", "predicted", "measured", "predicted", "measured", "predicted", "measured", "predicted", "measured", "predicted", "measured", "predicted", "measured", "predicted", "measured", "predicted", "measured", "predicted", "measured", "predicted", "measured", "predicted", "measured", "predicted", "measured", "predicted", "measured", "predicted", "measured", "predicted", "measured", "predicted", "measured", "predicted", "measured", "predicted", "measured", "predicted", "measured", "predicted", "measured", "predicted", "measured", "predicted", "measured", "predicted", "measured", "predicted", "measured", "predicted", "measured", "predicted", "measured", "predicted"], "CsaImage.SlicePosition_PCS": [[-118.23647839, -125.67664163, 28.95607994], [-118.30767745, -124.18654459, 30.83611916], [-118.37887639, -122.69644563, 32.71615456], [-118.45007545, -121.20634668, 34.59618996], [-118.52127439, -119.71624773, 36.47622727], [-118.59247333, -118.22614877, 38.35626457], [-118.66367227, -116.73605173, 40.23629997], [-118.73487145, -115.24595278, 42.11633728], [-118.80607039, -113.75585382, 43.99637268], [-118.87726933, -112.26575487, 45.87640999], [-118.94846827, -110.77565782, 47.75644539], [-119.01966721, -109.28555887, 49.6364827], [-119.09086615, -107.79545992, 51.51652001], [-119.16206533, -106.30536192, 53.39655541], [-119.23326427, -104.81526296, 55.27659176], [-119.30446321, -103.32516401, 57.15662811], [-119.37566215, -101.83506601, 59.03666542], [-119.44686109, -100.34496706, 60.9167013], [-119.51806027, -98.85486858, 62.79673765], [-119.58925921, -97.3647701, 64.67677425], [-119.66045815, -95.87467163, 66.55681072], [-119.73165709, -94.38457315, 68.43684719], [-119.80285603, -92.89447468, 70.31688378], [-119.87405521, -91.40437614, 72.1969199], [-119.94525415, -89.9142776, 74.07695673], [-120.01645309, -88.42417901, 75.95699261], [-120.08765203, -86.93408077, 77.83702992], [-120.15885097, -85.44398182, 79.71706627], [-120.23005015, -83.95388334, 81.59710262], [-120.30124909, -82.46378534, 83.47713898], [-120.37244803, -80.97368639, 85.35717438], [-120.44364697, -79.48358743, 87.23721169], [-120.51484591, -77.99348943, 89.11724899], [-120.58604485, -76.50339048, 90.99728439], [-120.65724379, -75.01329248, 92.8773217], [-120.72844273, -73.52319353, 94.7573571], [-120.79964215, -72.03309458, 96.63739441], [-120.87084109, -70.54299753, 98.51742981], [-120.94204003, -69.05289858, 100.39746712], [-121.01323897, -67.56279962, 102.27750252], [-121.08443791, -66.07270067, 104.15754173], [-121.15563685, -64.58260172, 106.03757713], [-121.22683579, -63.09250467, 107.91761253], [-121.29803473, -61.60240572, 109.79764794], [-121.36923367, -60.11230676, 111.67768715], [-121.44043261, -58.62220972, 113.55772255], [-121.51163155, -57.13210886, 115.43775795], [-121.58283097, -55.64201181, 117.31779335], [-121.65402991, -54.15191095, 119.19783257], [-121.72522885, -52.66181391, 121.07786797], [-121.79642779, -51.17171686, 122.95790337], [-121.86762673, -49.681616, 124.83794258], [-121.93882567, -48.19151895, 126.71797798], [-122.01002461, -46.70142191, 128.59801338], [-122.08122355, -45.21132105, 130.47804878], [-122.15242249, -43.721224, 132.35808418], [-122.22362143, -42.23112314, 134.23811958], [-122.29482085, -40.74102609, 136.11816261], [-122.36601979, -39.25092905, 137.99819801], [-122.43721873, -37.76082819, 139.87823341], [-122.50841767, -36.27073114, 141.75826882], [-122.57961661, -34.78063028, 143.63830422], [-122.65081555, -33.29053324, 145.51833962], [-122.72201449, -31.80043619, 147.39837502], [-122.79321343, -30.31033533, 149.27841805], [-122.86441237, -28.82023828, 151.15845345], [-122.93561131, -27.33013742, 153.03848885], [-123.00681025, -25.84004419, 154.91852425]], "CsaImage.TimeAfterStart": [1.0975, 0.7325, 1.11, 0.745, 1.12, 0.755, 1.13, 0.765, 1.1425, 0.775, 1.1525, 0.7875, 1.1625, 0.7975, 1.175, 0.8075, 1.185, 0.82, 1.195, 0.83, 1.205, 0.84, 1.2175, 0.8525, 1.2275, 0.8625, 1.2375, 0.8725, 1.25, 0.8825, 1.26, 0.895, 1.27, 0.905, 1.2825, 0.915, 1.2925, 0.9275, 1.3025, 0.9375, 1.3125, 0.9475, 1.325, 0.96, 1.335, 0.97, 1.345, 0.98, 1.3575, 0.99, 1.3675, 1.0025, 1.3775, 1.0125, 1.39, 1.0225, 1.4, 1.035, 1.41, 1.045, 1.42, 1.055, 1.4325, 1.0675, 1.4425, 1.0775, 1.4525, 1.0875], "ImagePositionPatient": [[-118.2364783898, -125.67664163349, 28.956079942016], [-118.30767744929, -124.18654458759, 30.836119157104], [-118.37887638956, -122.69644563434, 32.716154557495], [-118.45007544905, -121.20634668109, 34.596189957886], [-118.52127438933, -119.71624772785, 36.476227265625], [-118.5924733296, -118.2261487746, 38.356264573364], [-118.66367226988, -116.7360517287, 40.236299973755], [-118.73487144858, -115.24595277545, 42.116337281494], [-118.80607038885, -113.75585382221, 43.996372681885], [-118.87726932913, -112.26575486896, 45.876409989624], [-118.94846826941, -110.77565782306, 47.756445390015], [-119.01966720968, -109.28555886981, 49.636482697754], [-119.09086614996, -107.79545991657, 51.516520005493], [-119.16206532866, -106.30536191699, 53.396555405884], [-119.23326426893, -104.81526296375, 55.276591759949], [-119.30446320921, -103.3251640105, 57.156628114014], [-119.37566214949, -101.83506601093, 59.036665421753], [-119.44686108977, -100.34496705768, 60.916701298981], [-119.51806026846, -98.854868581269, 62.796737653046], [-119.58925920874, -97.36477010486, 64.676774245529], [-119.66045814902, -95.87467162845, 66.556810718803], [-119.73165708929, -94.38457315204, 68.436847192078], [-119.80285602957, -92.89447467563, 70.316883784561], [-119.87405520827, -91.404376139615, 72.196919900207], [-119.94525414854, -89.914277603601, 74.076956731109], [-120.01645308882, -88.424179007981, 75.956992608337], [-120.0876520291, -86.93408076999, 77.837029916077], [-120.15885096937, -85.443981816743, 79.717066270141], [-120.23005014807, -83.953883340333, 81.597102624206], [-120.30124908835, -82.46378534076, 83.477138978271], [-120.37244802862, -80.973686387513, 85.357174378662], [-120.4436469689, -79.483587434266, 87.237211686401], [-120.51484590918, -77.993489434694, 89.11724899414], [-120.58604484945, -76.503390481446, 90.997284394531], [-120.65724378973, -75.013292481874, 92.87732170227], [-120.72844273001, -73.523193528627, 94.757357102661], [-120.79964214712, -72.03309457538, 96.6373944104], [-120.8708410874, -70.542997529481, 98.517429810791], [-120.94204002768, -69.052898576234, 100.39746711853], [-121.01323896795, -67.562799622987, 102.27750251892], [-121.08443790823, -66.07270066974, 104.15754173401], [-121.15563684851, -64.582601716493, 106.0375771344], [-121.22683578879, -63.092504670594, 107.91761253479], [-121.29803472906, -61.602405717347, 109.79764793518], [-121.36923366934, -60.1123067641, 111.67768715027], [-121.44043260962, -58.622209718202, 113.55772255066], [-121.51163154989, -57.132108857606, 115.43775795105], [-121.58283096701, -55.642011811708, 117.31779335144], [-121.65402990729, -54.151910951112, 119.19783256653], [-121.72522884756, -52.661813905214, 121.07786796692], [-121.79642778784, -51.171716859315, 122.95790336731], [-121.86762672812, -49.681615998719, 124.8379425824], [-121.93882566839, -48.191518952821, 126.71797798279], [-122.01002460867, -46.701421906923, 128.59801338318], [-122.08122354895, -45.211321046327, 130.47804878357], [-122.15242248923, -43.721224000428, 132.35808418396], [-122.2236214295, -42.231123139833, 134.23811958435], [-122.29482084662, -40.741026093934, 136.11816261414], [-122.36601978689, -39.250929048036, 137.99819801453], [-122.43721872717, -37.76082818744, 139.87823341492], [-122.50841766745, -36.270731141542, 141.75826881531], [-122.57961660773, -34.780630280946, 143.6383042157], [-122.650815548, -33.290533235048, 145.51833961609], [-122.72201448828, -31.800436189149, 147.39837501648], [-122.79321342856, -30.310335328553, 149.27841804626], [-122.86441236883, -28.820238282655, 151.15845344666], [-122.93561130911, -27.330137422059, 153.03848884705], [-123.00681024939, -25.840044190858, 154.91852424744]], "InstanceCreationTime": ["074455.515000", "074455.437000", "074455.515000", "074455.437000", "074455.515000", "074455.437000", "074455.515000", "074455.437000", "074455.515000", "074455.437000", "074455.515000", "074455.437000", "074455.515000", "074455.437000", "074455.515000", "074455.453000", "074455.531000", "074455.453000", "074455.531000", "074455.453000", "074455.531000", "074455.453000", "074455.531000", "074455.453000", "074455.531000", "074455.453000", "074455.531000", "074455.453000", "074455.531000", "074455.453000", "074455.531000", "074455.468000", "074455.531000", "074455.468000", "074455.546000", "074455.468000", "074455.546000", "074455.468000", "074455.546000", "074455.468000", "074455.562000", "074455.468000", "074455.562000", "074455.468000", "074455.562000", "074455.468000", "074455.578000", "074455.484000", "074455.578000", "074455.484000", "074455.578000", "074455.484000", "074455.578000", "074455.484000", "074455.578000", "074455.484000", "074455.578000", "074455.484000", "074455.578000", "074455.500000", "074455.593000", "074455.500000", "074455.609000", "074455.500000", "074455.625000", "074455.500000", "074455.765000", "074455.500000"], "InstanceNumber": [1, 2, 3, 4, 5, 6, 7, 8, 9, 10, 11, 12, 13, 14, 15, 16, 17, 18, 19, 20, 21, 22, 23, 24, 25, 26, 27, 28, 29, 30, 31, 32, 33, 34, 35, 36, 37, 38, 39, 40, 41, 42, 43, 44, 45, 46, 47, 48, 49, 50, 51, 52, 53, 54, 55, 56, 57, 58, 59, 60, 61, 62, 63, 64, 65, 66, 67, 68], "LargestImagePixelValue": [4094, 4094, 4094, 4093, 4094, 4094, 4094, 4093, 4094, 4094, 4094, 4094, 4094, 4094, 4093, 4093, 4094, 4094, 4094, 4092, 4092, 4094, 4092, 4094, 4093, 4093, 4093, 4093, 4092, 4093, 4087, 4094, 4090, 4094, 4094, 4093, 4094, 4092, 4090, 4092, 4094, 4094, 4094, 4094, 4093, 4091, 4094, 4094, 4090, 4094, 4092, 4091, 4094, 4094, 4093, 4094, 4094, 4094, 4094, 4094, 4094, 4094, 4093, 4094, 4091, 4094, 4094, 4094], "SliceLocation": [-51.839074140406, -49.439072898213, -47.03907346357, -44.639074025391, -42.23907309663, -39.839072167868, -37.439073917449, -35.039072981615, -32.639073546972, -30.239072618211, -27.839074367792, -25.43907343903, -23.039072510269, -20.639073660665, -18.239073478963, -15.839073297261, -13.439072960611, -11.039073152439, -8.6390732597197, -6.2390731873087, -3.8390732082802, -1.4390732292516, 0.9609268431594, 3.3609265861207, 5.7609268823035, 8.160926468434, 10.560926953112, 12.960927134814, 15.360927027533, 17.760926617123, 20.160926051766, 22.560926980527, 24.960927317177, 27.360926751819, 29.760927088469, 32.160926523112, 34.560927466019, 36.960925716438, 39.3609266452, 41.760926079842, 44.160928502723, 46.560927937365, 48.960926187784, 51.360925622427, 53.760928045307, 56.160926295726, 58.560926914593, 60.960925179157, 63.360928786262, 65.76092703668, 68.160925287099, 70.560928894203, 72.960927144622, 75.360925395041, 77.760926013908, 80.160924264327, 82.560924883193, 84.960929124233, 87.360927374652, 89.760927993519, 92.160926243937, 94.560926862804, 96.960925113223, 99.360923363642, 101.76092995898, 104.1609282094, 106.56092882827, 108.96092471024], "SmallestImagePixelValue": [0, 1, 0, 0, 0, 1, 0, 1, 1, 0, 0, 0, 0, 1, 0, 1, 1, 0, 0, 2, 1, 0, 0, 0, 0, 4, 2, 5, 1, 0, 0, 0, 0, 1, 1, 2, 0, 2, 1, 0, 1, 0, 0, 5, 1, 2, 0, 3, 2, 1, 0, 3, 3, 1, 0, 0, 1, 0, 2, 1, 1, 2, 0, 1, 0, 0, 1, 2], "WindowCenter": [-480.0, -512.0, -478.0, -494.0, -426.0, -376.0, -430.0, -494.0, -456.0, -466.0, -564.0, -562.0, -544.0, -584.0, -586.0, -592.0, -588.0, -604.0, -622.0, -612.0, -644.0, -618.0, -606.0, -546.0, -520.0, -490.0, -470.0, -428.0, -406.0, -382.0, -388.0, -360.0, -300.0, -262.0, -242.0, -258.0, -274.0, -310.0, -340.0, -302.0, -254.0, -206.0, -188.0, -178.0, -204.0, -186.0, -210.0, -250.0, -274.0, -276.0, -298.0, -270.0, -254.0, -222.0, -234.0, -248.0, -252.0, -290.0, -296.0, -302.0, -324.0, -320.0, -314.0, -328.0, -378.0, -364.0, -382.0, -358.0], "WindowWidth": [5056.0, 5042.0, 5078.0, 5076.0, 5054.0, 5056.0, 5012.0, 5004.0, 4992.0, 4950.0, 4902.0, 4836.0, 4770.0, 4738.0, 4686.0, 4674.0, 4680.0, 4634.0, 4554.0, 4502.0, 4408.0, 4334.0, 4240.0, 4184.0, 4166.0, 4100.0, 4038.0, 4016.0, 4018.0, 3878.0, 3876.0, 3796.0, 3802.0, 3730.0, 3828.0, 3772.0, 3784.0, 3768.0, 3788.0, 3846.0, 3904.0, 3960.0, 3958.0, 3968.0, 4030.0, 4014.0, 4054.0, 4028.0, 4026.0, 4060.0, 4050.0, 4064.0, 4100.0, 4116.0, 4138.0, 4114.0, 4186.0, 4212.0, 4244.0, 4268.0, 4320.0, 4398.0, 4498.0, 4568.0, 4680.0, 4762.0, 4818.0, 4874.0]}}}