{
	"Modality": "MR",
	"MagneticFieldStrength": 3,
	"ImagingFrequency": 123.256,
	"Manufacturer": "Siemens",
	"ManufacturersModelName": "TrioTim",
	"InstitutionName": "Washington University",
	"InstitutionalDepartmentName": "Department",
	"InstitutionAddress": "Scott Ave. 4525,St. Louis,MO,US,63110",
	"DeviceSerialNumber": "35177",
	"StationName": "MRC35177",
	"BodyPartExamined": "HEAD",
	"PatientPosition": "HFS",
	"ProcedureStepDescription": "head^Laumann",
	"SoftwareVersions": "syngo MR B17",
	"MRAcquisitionType": "2D",
	"SeriesDescription": "gre_field_mapping_4x4x4_32",
	"ProtocolName": "gre_field_mapping_4x4x4_32",
	"ScanningSequence": "GR",
	"SequenceVariant": "SP",
	"SequenceName": "*fm2d2r",
	"ImageType": ["ORIGINAL", "PRIMARY", "M", "ND"],
	"SeriesNumber": 5,
	"AcquisitionTime": "13:07:44.410000",
	"AcquisitionNumber": 1,
	"SliceThickness": 4,
	"SpacingBetweenSlices": 4,
	"SAR": 0.120887,
	"EchoNumber": 1,
	"EchoTime": 0.00519,
	"RepetitionTime": 0.667,
	"FlipAngle": 60,
	"PartialFourier": 1,
	"BaseResolution": 64,
	"ShimSetting": [
		-240,
		-19494,
		8076,
		582,
		30,
		39,
		-42,
		-57	],
	"TxRefAmp": 321.613,
	"PhaseResolution": 1,
	"ReceiveCoilName": "HeadMatrix",
	"CoilString": "C:HEA;HEP",
	"PulseSequenceDetails": "%SiemensSeq%\\gre_field_mapping",
	"PercentPhaseFOV": 100,
	"PercentSampling": 100,
	"PhaseEncodingSteps": 64,
	"AcquisitionMatrixPE": 64,
	"ReconMatrixPE": 64,
	"PixelBandwidth": 528,
	"DwellTime": 1.48e-05,
	"PhaseEncodingDirection": "i",
	"SliceTiming": [
		0.32812,
		0,
		0.35156,
		0.01562,
		0.375,
		0.03906,
		0.39062,
		0.0625,
		0.41406,
		0.07812,
		0.4375,
		0.10156,
		0.45312,
		0.125,
		0.47656,
		0.14062,
		0.5,
		0.16406,
		0.51562,
		0.1875,
		0.53906,
		0.20312,
		0.5625,
		0.22656,
		0.58594,
		0.25,
		0.60156,
		0.26562,
		0.625,
		0.28906,
		0.64844,
		0.3125	],
	"ImageOrientationPatientDICOM": [
		0.999828,
		-0.0134851,
		-0.0126967,
		0.0109941,
		0.983769,
		-0.1791	],
	"InPlanePhaseEncodingDirectionDICOM": "ROW",
	"ConversionSoftware": "dcm2niix",
	"ConversionSoftwareVersion": "v1.0.20210317"
}
