{
	"Modality": "MR",
	"MagneticFieldStrength": 3,
	"ImagingFrequency": 123.256,
	"Manufacturer": "Siemens",
	"ManufacturersModelName": "TrioTim",
	"InstitutionName": "Washington University",
	"InstitutionalDepartmentName": "Department",
	"InstitutionAddress": "Scott Ave. 4525,St. Louis,MO,US,63110",
	"DeviceSerialNumber": "35177",
	"StationName": "MRC35177",
	"BodyPartExamined": "HEAD",
	"PatientPosition": "HFS",
	"ProcedureStepDescription": "head^Laumann",
	"SoftwareVersions": "syngo MR B17",
	"MRAcquisitionType": "2D",
	"SeriesDescription": "gre_field_mapping_4x4x4_32",
	"ProtocolName": "gre_field_mapping_4x4x4_32",
	"ScanningSequence": "GR",
	"SequenceVariant": "SP",
	"SequenceName": "*fm2d2r",
	"ImageType": ["ORIGINAL", "PRIMARY", "P", "ND", "PHASE"],
	"SeriesNumber": 18,
	"AcquisitionTime": "14:25:32.105000",
	"AcquisitionNumber": 1,
	"SliceThickness": 4,
	"SpacingBetweenSlices": 4,
	"SAR": 0.121845,
	"EchoNumber": 2,
	"EchoTime": 0.00765,
	"RepetitionTime": 0.667,
	"FlipAngle": 60,
	"EchoTime1": 0.00519,
	"EchoTime2": 0.00765,
	"PartialFourier": 1,
	"BaseResolution": 64,
	"ShimSetting": [
		-234,
		-19471,
		8055,
		593,
		38,
		-64,
		174,
		-8	],
	"TxRefAmp": 325.057,
	"PhaseResolution": 1,
	"ReceiveCoilName": "HeadMatrix",
	"CoilString": "C:HEA;HEP",
	"PulseSequenceDetails": "%SiemensSeq%\\gre_field_mapping",
	"PercentPhaseFOV": 100,
	"PercentSampling": 100,
	"PhaseEncodingSteps": 64,
	"AcquisitionMatrixPE": 64,
	"ReconMatrixPE": 64,
	"PixelBandwidth": 528,
	"DwellTime": 1.48e-05,
	"PhaseEncodingDirection": "i",
	"SliceTiming": [
		0.34375,
		0,
		0.35938,
		0.03125,
		0.375,
		0.04688,
		0.40625,
		0.0625,
		0.42188,
		0.09375,
		0.4375,
		0.10938,
		0.46875,
		0.125,
		0.48438,
		0.15625,
		0.5,
		0.17188,
		0.53125,
		0.1875,
		0.54688,
		0.21875,
		0.5625,
		0.23438,
		0.59375,
		0.25,
		0.60938,
		0.28125,
		0.625,
		0.29688,
		0.65625,
		0.3125	],
	"ImageOrientationPatientDICOM": [
		0.999985,
		-0.00470328,
		0.00282636,
		0.00523596,
		0.971955,
		-0.235107	],
	"InPlanePhaseEncodingDirectionDICOM": "ROW",
	"ConversionSoftware": "dcm2niix",
	"ConversionSoftwareVersion": "v1.0.20210317"
}
