{
	"Modality": "MR",
	"MagneticFieldStrength": 3,
	"ImagingFrequency": 123.256,
	"Manufacturer": "Siemens",
	"ManufacturersModelName": "TrioTim",
	"InstitutionName": "Washington University",
	"InstitutionalDepartmentName": "Department",
	"InstitutionAddress": "Scott Ave. 4525,St. Louis,MO,US,63110",
	"DeviceSerialNumber": "35177",
	"StationName": "MRC35177",
	"BodyPartExamined": "HEAD",
	"PatientPosition": "HFS",
	"ProcedureStepDescription": "head^Laumann",
	"SoftwareVersions": "syngo MR B17",
	"MRAcquisitionType": "2D",
	"SeriesDescription": "gre_field_mapping_4x4x4_32",
	"ProtocolName": "gre_field_mapping_4x4x4_32",
	"ScanningSequence": "GR",
	"SequenceVariant": "SP",
	"SequenceName": "*fm2d2r",
	"ImageType": ["ORIGINAL", "PRIMARY", "M", "ND"],
	"SeriesNumber": 21,
	"AcquisitionTime": "10:54:8.380000",
	"AcquisitionNumber": 1,
	"SliceThickness": 4,
	"SpacingBetweenSlices": 4,
	"SAR": 0.120237,
	"EchoNumber": 1,
	"EchoTime": 0.00519,
	"RepetitionTime": 0.667,
	"FlipAngle": 60,
	"PartialFourier": 1,
	"BaseResolution": 64,
	"ShimSetting": [
		-230,
		-19472,
		8067,
		578,
		-28,
		-13,
		58,
		28	],
	"TxRefAmp": 327.774,
	"PhaseResolution": 1,
	"ReceiveCoilName": "HeadMatrix",
	"CoilString": "C:HEA;HEP",
	"PulseSequenceDetails": "%SiemensSeq%\\gre_field_mapping",
	"PercentPhaseFOV": 100,
	"PercentSampling": 100,
	"PhaseEncodingSteps": 64,
	"AcquisitionMatrixPE": 64,
	"ReconMatrixPE": 64,
	"PixelBandwidth": 528,
	"DwellTime": 1.48e-05,
	"PhaseEncodingDirection": "i",
	"SliceTiming": [
		0.33594,
		0,
		0.35938,
		0.02344,
		0.375,
		0.03906,
		0.39844,
		0.0625,
		0.42188,
		0.08594,
		0.4375,
		0.10156,
		0.46094,
		0.125,
		0.48438,
		0.14844,
		0.5,
		0.16406,
		0.52344,
		0.1875,
		0.54688,
		0.21094,
		0.5625,
		0.22656,
		0.58594,
		0.25,
		0.60938,
		0.27344,
		0.625,
		0.29688,
		0.64844,
		0.3125	],
	"ImageOrientationPatientDICOM": [
		0.998209,
		-0.0452319,
		0.0391467,
		0.0526633,
		0.974869,
		-0.216463	],
	"InPlanePhaseEncodingDirectionDICOM": "ROW",
	"ConversionSoftware": "dcm2niix",
	"ConversionSoftwareVersion": "v1.0.20210317"
}
