{"AcquisitionMatrixPE": 96, "AcquisitionNumber": 1, "AcquisitionTime": "07:41:27.655000", "BandwidthPerPixelPhaseEncode": 33.602, "BaseResolution": 96, "BodyPartExamined": "BRAIN", "ConsistencyInfo": "N4_VD11D_LATEST_20110129", "ConversionSoftware": "dcm2niix", "ConversionSoftwareVersion": "v1.0.20210317", "DerivedVendorReportedEchoSpacing": 0.000620003, "DeviceSerialNumber": "45239", "DwellTime": 2.6e-06, "EchoTime": 0.03, "EchoTrainLength": 48, "EffectiveEchoSpacing": 0.000310001, "FlipAngle": 63, "ImageComments": "Unaliased MB4/PE3", "ImageOrientationPatientDICOM": [0.997843, 0.0260998, 0.0602299, 0.0120173, 0.829412, -0.558508], "ImageType": ["ORIGINAL", "PRIMARY", "M", "ND", "NORM", "MOSAIC"], "ImagingFrequency": 123.193, "InPlanePhaseEncodingDirectionDICOM": "COL", "InstitutionAddress": "E 24th St. 100,Austin,Southmiddle,US,78712", "InstitutionName": "Univ of Texas at Austin", "InstitutionalDepartmentName": "IRC", "MRAcquisitionType": "2D", "MagneticFieldStrength": 3, "Manufacturer": "Siemens", "ManufacturersModelName": "Skyra", "Modality": "MR", "MultibandAccelerationFactor": 4, "ParallelReductionFactorInPlane": 2, "PartialFourier": 1, "PatientPosition": "HFS", "PercentPhaseFOV": 100, "PercentSampling": 100, "PhaseEncodingDirection": "j-", "PhaseEncodingSteps": 96, "PhaseResolution": 1, "PixelBandwidth": 2005, "ProcedureStepDescription": "Poldrack2^self-scanning", "ProtocolName": "N-back fMRI MBEPI_matrix96_BW200", "PulseSequenceDetails": "%CustomerSeq%\\cmrr_mbep2d_bold", "ReceiveCoilActiveElements": "HEA;HEP", "ReceiveCoilName": "Head_32", "ReconMatrixPE": 96, "RefLinesPE": 94, "RepetitionTime": 1.16, "SAR": 0.09712, "ScanOptions": "FS", "ScanningSequence": "EP", "SequenceName": "epfid2d1_96", "SequenceVariant": "SK", "SeriesDescription": "N-back fMRI MBEPI_matrix96_BW200", "SeriesNumber": 13, "ShimSetting": [-2772, 8125, -15299, 218, -182, 155, 152, -54], "SliceThickness": 2, "SliceTiming": [0, 0.4975, 0.9975, 0.355, 0.855, 0.2125, 0.7125, 0.07, 0.57, 1.0675, 0.4275, 0.925, 0.285, 0.7825, 0.1425, 0.64, 0, 0.4975, 0.9975, 0.355, 0.855, 0.2125, 0.7125, 0.07, 0.57, 1.0675, 0.4275, 0.925, 0.285, 0.7825, 0.1425, 0.64, 0, 0.4975, 0.9975, 0.355, 0.855, 0.2125, 0.7125, 0.07, 0.57, 1.0675, 0.4275, 0.925, 0.285, 0.7825, 0.1425, 0.64, 0, 0.4975, 0.9975, 0.355, 0.855, 0.2125, 0.7125, 0.07, 0.57, 1.0675, 0.4275, 0.925, 0.285, 0.7825, 0.1425, 0.64], "SoftwareVersions": "syngo MR D11", "SpacingBetweenSlices": 2.4, "StationName": "AWP45239", "TaskName": "N-back task", "TotalReadoutTime": 0.0294501, "TxRefAmp": 346.188, "WipMemBlock": "0a3bdc39-b59a-4a54-8adb-9a268053931c||Sequence: VD11D r195; Nov 21 2012 15:36:10 by eja", "dcmmeta_affine": [[-2.3906660079956055, 0.028791457414627075, 0.15487760305404663, 114.03611755371094], [-0.0625307708978653, 1.9871329069137573, -1.3392655849456787, -70.39295196533203], [0.14430074393749237, 1.33809232711792, 1.985542893409729, -95.75717163085938], [0.0, 0.0, 0.0, 1.0]], "dcmmeta_reorient_transform": [[0.0, -1.0, 0.0, 95.0], [1.0, 0.0, 0.0, 0.0], [0.0, 0.0, 1.0, 0.0], [0.0, 0.0, 0.0, 1.0]], "dcmmeta_shape": [96, 96, 64, 380], "dcmmeta_slice_dim": 2, "dcmmeta_version": 0.6, "global": {"const": {"AcquisitionMatrix": [96, 0, 0, 96], "AngioFlag": "N", "BitsAllocated": 16, "BitsStored": 16, "BodyPartExamined": "BRAIN", "Columns": 768, "EchoNumbers": 1, "EchoTime": 30.0, "EchoTrainLength": 48, "FlipAngle": 63.0, "HighBit": 15, "ImageOrientationPatient": [0.99784325530127, 0.02609980086152, 0.06022987833925, 0.01201730463855, 0.8294120140872, -0.5585080977721], "ImagePositionPatient": [-929.70903256079, -807.07165998989, 432.47554559473], "ImageType": ["ORIGINAL", "PRIMARY", "M", "ND", "NORM", "MOSAIC"], "ImagedNucleus": "1H", "ImagingFrequency": 123.19335, "InPlanePhaseEncodingDirection": "COL", "MRAcquisitionType": "2D", "MagneticFieldStrength": 3.0, "Manufacturer": "SIEMENS", "ManufacturerModelName": "Skyra", "Modality": "MR", "NumberOfAverages": 1.0, "NumberOfPhaseEncodingSteps": 96, "PercentPhaseFieldOfView": 100.0, "PercentSampling": 100.0, "PerformedProcedureStepStartTime": "070954.593000", "PhotometricInterpretation": "MONOCHROME2", "PixelBandwidth": 2005.0, "PixelRepresentation": 0, "PixelSpacing": [2.3958332538605, 2.3958332538605], "ProtocolName": "N-back fMRI MBEPI_matrix96_BW200", "RepetitionTime": 1160.0, "Rows": 768, "SAR": 0.09712003858133, "SamplesPerPixel": 1, "ScanOptions": "FS", "ScanningSequence": "EP", "SequenceName": "epfid2d1_96", "SequenceVariant": "SK", "SeriesDescription": "N-back fMRI MBEPI_matrix96_BW200", "SeriesNumber": 13, "SeriesTime": "074210.515000", "SliceLocation": -32.580613906495, "SliceThickness": 2.0, "SmallestImagePixelValue": 0, "SoftwareVersions": "syngo MR D11", "SpacingBetweenSlices": 2.4000000354019, "SpecificCharacterSet": "ISO_IR 100", "StudyID": "1", "StudyTime": "070954.562000", "TransmitCoilName": "Body", "VariableFlipAngleFlag": "N", "WindowCenterWidthExplanation": "Algo1", "dBdt": 0.0}, "slices": {}}, "time": {"samples": {"AcquisitionNumber": [1, 2, 3, 4, 5, 6, 7, 8, 9, 10, 11, 12, 13, 14, 15, 16, 17, 18, 19, 20, 21, 22, 23, 24, 25, 26, 27, 28, 29, 30, 31, 32, 33, 34, 35, 36, 37, 38, 39, 40, 41, 42, 43, 44, 45, 46, 47, 48, 49, 50, 51, 52, 53, 54, 55, 56, 57, 58, 59, 60, 61, 62, 63, 64, 65, 66, 67, 68, 69, 70, 71, 72, 73, 74, 75, 76, 77, 78, 79, 80, 81, 82, 83, 84, 85, 86, 87, 88, 89, 90, 91, 92, 93, 94, 95, 96, 97, 98, 99, 100, 101, 102, 103, 104, 105, 106, 107, 108, 109, 110, 111, 112, 113, 114, 115, 116, 117, 118, 119, 120, 121, 122, 123, 124, 125, 126, 127, 128, 129, 130, 131, 132, 133, 134, 135, 136, 137, 138, 139, 140, 141, 142, 143, 144, 145, 146, 147, 148, 149, 150, 151, 152, 153, 154, 155, 156, 157, 158, 159, 160, 161, 162, 163, 164, 165, 166, 167, 168, 169, 170, 171, 172, 173, 174, 175, 176, 177, 178, 179, 180, 181, 182, 183, 184, 185, 186, 187, 188, 189, 190, 191, 192, 193, 194, 195, 196, 197, 198, 199, 200, 201, 202, 203, 204, 205, 206, 207, 208, 209, 210, 211, 212, 213, 214, 215, 216, 217, 218, 219, 220, 221, 222, 223, 224, 225, 226, 227, 228, 229, 230, 231, 232, 233, 234, 235, 236, 237, 238, 239, 240, 241, 242, 243, 244, 245, 246, 247, 248, 249, 250, 251, 252, 253, 254, 255, 256, 257, 258, 259, 260, 261, 262, 263, 264, 265, 266, 267, 268, 269, 270, 271, 272, 273, 274, 275, 276, 277, 278, 279, 280, 281, 282, 283, 284, 285, 286, 287, 288, 289, 290, 291, 292, 293, 294, 295, 296, 297, 298, 299, 300, 301, 302, 303, 304, 305, 306, 307, 308, 309, 310, 311, 312, 313, 314, 315, 316, 317, 318, 319, 320, 321, 322, 323, 324, 325, 326, 327, 328, 329, 330, 331, 332, 333, 334, 335, 336, 337, 338, 339, 340, 341, 342, 343, 344, 345, 346, 347, 348, 349, 350, 351, 352, 353, 354, 355, 356, 357, 358, 359, 360, 361, 362, 363, 364, 365, 366, 367, 368, 369, 370, 371, 372, 373, 374, 375, 376, 377, 378, 379, 380], "AcquisitionTime": ["074127.655000", "074156.655000", "074157.815000", "074158.975000", "074200.135000", "074201.295000", "074202.455000", "074203.615000", "074204.775000", "074205.935000", "074207.095000", "074208.255000", "074209.415000", "074210.575000", "074211.735000", "074212.895000", "074214.055000", "074215.215000", "074216.375000", "074217.535000", "074218.695000", "074219.855000", "074221.015000", "074222.175000", "074223.335000", "074224.495000", "074225.655000", "074226.815000", "074227.975000", "074229.135000", "074230.295000", "074231.455000", "074232.615000", "074233.775000", "074234.935000", "074236.095000", "074237.255000", "074238.415000", "074239.575000", "074240.735000", "074241.895000", "074243.055000", "074244.215000", "074245.375000", "074246.535000", "074247.695000", "074248.855000", "074250.015000", "074251.175000", "074252.335000", "074253.495000", "074254.655000", "074255.815000", "074256.975000", "074258.135000", "074259.295000", "074300.455000", "074301.615000", "074302.775000", "074303.935000", "074305.095000", "074306.255000", "074307.415000", "074308.575000", "074309.735000", "074310.895000", "074312.055000", "074313.215000", "074314.375000", "074315.535000", "074316.695000", "074317.855000", "074319.015000", "074320.175000", "074321.335000", "074322.495000", "074323.655000", "074324.815000", "074325.975000", "074327.135000", "074328.295000", "074329.455000", "074330.615000", "074331.775000", "074332.935000", "074334.095000", "074335.255000", "074336.415000", "074337.575000", "074338.735000", "074339.895000", "074341.055000", "074342.215000", "074343.375000", "074344.535000", "074345.695000", "074346.855000", "074348.015000", "074349.175000", "074350.335000", "074351.495000", "074352.655000", "074353.815000", "074354.975000", "074356.135000", "074357.295000", "074358.455000", "074359.615000", "074400.775000", "074401.935000", "074403.095000", "074404.255000", "074405.415000", "074406.575000", "074407.735000", "074408.895000", "074410.055000", "074411.215000", "074412.375000", "074413.535000", "074414.695000", "074415.855000", "074417.015000", "074418.175000", "074419.335000", "074420.495000", "074421.655000", "074422.815000", "074423.975000", "074425.135000", "074426.295000", "074427.455000", "074428.615000", "074429.775000", "074430.935000", "074432.095000", "074433.255000", "074434.415000", "074435.575000", "074436.735000", "074437.895000", "074439.055000", "074440.215000", "074441.375000", "074442.535000", "074443.695000", "074444.855000", "074446.015000", "074447.175000", "074448.335000", "074449.495000", "074450.655000", "074451.815000", "074452.975000", "074454.135000", "074455.295000", "074456.455000", "074457.615000", "074458.775000", "074459.935000", "074501.095000", "074502.255000", "074503.415000", "074504.575000", "074505.735000", "074506.895000", "074508.055000", "074509.215000", "074510.375000", "074511.535000", "074512.695000", "074513.855000", "074515.015000", "074516.175000", "074517.335000", "074518.495000", "074519.655000", "074520.817500", "074521.977500", "074523.137500", "074524.297500", "074525.457500", "074526.617500", "074527.777500", "074528.937500", "074530.097500", "074531.257500", "074532.417500", "074533.577500", "074534.737500", "074535.897500", "074537.057500", "074538.217500", "074539.377500", "074540.537500", "074541.697500", "074542.857500", "074544.017500", "074545.177500", "074546.337500", "074547.497500", "074548.657500", "074549.817500", "074550.977500", "074552.137500", "074553.297500", "074554.457500", "074555.617500", "074556.777500", "074557.937500", "074559.097500", "074600.257500", "074601.417500", "074602.577500", "074603.737500", "074604.897500", "074606.057500", "074607.217500", "074608.377500", "074609.537500", "074610.697500", "074611.857500", "074613.017500", "074614.177500", "074615.337500", "074616.497500", "074617.657500", "074618.817500", "074619.977500", "074621.137500", "074622.297500", "074623.457500", "074624.617500", "074625.777500", "074626.937500", "074628.097500", "074629.257500", "074630.417500", "074631.577500", "074632.737500", "074633.897500", "074635.057500", "074636.217500", "074637.377500", "074638.537500", "074639.697500", "074640.857500", "074642.017500", "074643.177500", "074644.337500", "074645.497500", "074646.657500", "074647.817500", "074648.977500", "074650.137500", "074651.297500", "074652.457500", "074653.617500", "074654.777500", "074655.937500", "074657.097500", "074658.257500", "074659.417500", "074700.577500", "074701.737500", "074702.897500", "074704.057500", "074705.217500", "074706.377500", "074707.537500", "074708.697500", "074709.857500", "074711.017500", "074712.177500", "074713.337500", "074714.497500", "074715.657500", "074716.817500", "074717.977500", "074719.137500", "074720.297500", "074721.457500", "074722.617500", "074723.777500", "074724.937500", "074726.097500", "074727.257500", "074728.417500", "074729.577500", "074730.737500", "074731.897500", "074733.057500", "074734.217500", "074735.377500", "074736.537500", "074737.697500", "074738.857500", "074740.017500", "074741.177500", "074742.337500", "074743.497500", "074744.657500", "074745.817500", "074746.977500", "074748.137500", "074749.297500", "074750.457500", "074751.617500", "074752.777500", "074753.937500", "074755.097500", "074756.257500", "074757.417500", "074758.577500", "074759.737500", "074800.897500", "074802.057500", "074803.217500", "074804.377500", "074805.537500", "074806.697500", "074807.857500", "074809.017500", "074810.177500", "074811.337500", "074812.497500", "074813.657500", "074814.817500", "074815.977500", "074817.137500", "074818.297500", "074819.457500", "074820.617500", "074821.777500", "074822.937500", "074824.097500", "074825.257500", "074826.417500", "074827.577500", "074828.737500", "074829.897500", "074831.057500", "074832.217500", "074833.377500", "074834.537500", "074835.697500", "074836.857500", "074838.017500", "074839.177500", "074840.337500", "074841.497500", "074842.657500", "074843.817500", "074844.977500", "074846.137500", "074847.297500", "074848.457500", "074849.617500", "074850.777500", "074851.937500", "074853.097500", "074854.257500", "074855.417500", "074856.577500", "074857.737500", "074858.897500", "074900.057500", "074901.217500", "074902.377500", "074903.537500", "074904.697500", "074905.857500", "074907.017500", "074908.177500", "074909.337500", "074910.497500", "074911.657500", "074912.817500", "074913.977500", "074915.137500"], "ContentTime": ["074210.531000", "074215.234000", "074215.234000", "074215.234000", "074215.250000", "074220.234000", "074220.234000", "074220.234000", "074220.250000", "074225.234000", "074225.250000", "074225.250000", "074225.250000", "074230.234000", "074230.234000", "074230.234000", "074230.234000", "074235.234000", "074235.234000", "074235.234000", "074235.250000", "074240.234000", "074240.234000", "074240.234000", "074240.234000", "074245.234000", "074245.234000", "074245.234000", "074245.234000", "074250.234000", "074250.234000", "074250.234000", "074250.234000", "074255.234000", "074255.234000", "074255.234000", "074255.234000", "074300.234000", "074300.234000", "074300.234000", "074300.234000", "074305.234000", "074305.234000", "074305.234000", "074310.234000", "074310.234000", "074310.234000", "074310.234000", "074310.250000", "074315.234000", "074315.234000", "074315.250000", "074315.250000", "074320.234000", "074320.234000", "074320.234000", "074320.234000", "074325.234000", "074325.234000", "074325.234000", "074325.234000", "074330.234000", "074330.234000", "074330.234000", "074330.234000", "074335.234000", "074335.234000", "074335.234000", "074335.234000", "074340.234000", "074340.234000", "074340.250000", "074340.250000", "074345.234000", "074345.234000", "074345.234000", "074345.234000", "074350.234000", "074350.234000", "074350.250000", "074350.250000", "074355.234000", "074355.234000", "074355.234000", "074355.234000", "074400.234000", "074400.234000", "074400.234000", "074400.234000", "074405.234000", "074405.234000", "074405.234000", "074405.234000", "074410.234000", "074410.234000", "074410.234000", "074410.234000", "074415.234000", "074415.234000", "074415.234000", "074415.234000", "074420.234000", "074420.234000", "074420.234000", "074420.234000", "074425.234000", "074425.234000", "074425.234000", "074425.234000", "074430.234000", "074430.234000", "074430.234000", "074435.234000", "074435.234000", "074435.234000", "074435.234000", "074440.234000", "074440.234000", "074440.234000", "074440.234000", "074440.250000", "074445.234000", "074445.234000", "074445.234000", "074445.234000", "074450.234000", "074450.234000", "074450.234000", "074450.234000", "074455.234000", "074455.234000", "074455.234000", "074500.234000", "074500.234000", "074500.234000", "074500.234000", "074505.234000", "074505.234000", "074505.234000", "074505.234000", "074510.234000", "074510.234000", "074510.234000", "074510.234000", "074515.234000", "074515.234000", "074515.234000", "074515.234000", "074520.234000", "074520.234000", "074520.234000", "074520.234000", "074525.234000", "074525.234000", "074525.234000", "074525.234000", "074530.234000", "074530.234000", "074530.250000", "074530.250000", "074535.234000", "074535.234000", "074535.234000", "074535.234000", "074540.234000", "074540.234000", "074540.234000", "074540.234000", "074540.250000", "074545.234000", "074545.234000", "074545.234000", "074545.250000", "074550.234000", "074550.250000", "074550.250000", "074550.250000", "074555.234000", "074555.234000", "074555.234000", "074555.234000", "074600.234000", "074600.234000", "074600.234000", "074600.234000", "074605.234000", "074605.234000", "074605.234000", "074605.234000", "074610.234000", "074610.234000", "074610.234000", "074610.234000", "074620.234000", "074620.234000", "074620.234000", "074620.234000", "074620.250000", "074620.250000", "074620.250000", "074620.250000", "074625.234000", "074625.234000", "074625.234000", "074625.234000", "074630.234000", "074630.234000", "074630.234000", "074630.234000", "074635.234000", "074635.234000", "074635.234000", "074635.234000", "074640.234000", "074640.234000", "074640.234000", "074640.234000", "074645.234000", "074645.234000", "074645.234000", "074645.234000", "074650.234000", "074650.234000", "074650.234000", "074650.234000", "074655.234000", "074655.234000", "074655.234000", "074655.234000", "074700.234000", "074700.234000", "074700.234000", "074700.234000", "074705.234000", "074705.234000", "074705.234000", "074710.234000", "074710.234000", "074710.234000", "074710.234000", "074710.250000", "074715.234000", "074715.234000", "074715.234000", "074720.234000", "074720.234000", "074720.234000", "074720.250000", "074720.250000", "074725.234000", "074725.234000", "074725.234000", "074730.234000", "074730.234000", "074730.234000", "074730.234000", "074730.250000", "074735.234000", "074735.234000", "074735.234000", "074735.234000", "074740.234000", "074740.234000", "074740.234000", "074740.234000", "074745.234000", "074745.234000", "074745.234000", "074750.234000", "074750.234000", "074750.234000", "074750.234000", "074755.234000", "074755.234000", "074755.234000", "074755.250000", "074800.234000", "074800.234000", "074800.234000", "074800.234000", "074805.234000", "074805.234000", "074805.234000", "074805.234000", "074810.234000", "074810.234000", "074810.234000", "074810.234000", "074815.234000", "074815.234000", "074815.234000", "074815.234000", "074820.234000", "074820.234000", "074820.234000", "074820.234000", "074825.234000", "074825.250000", "074825.250000", "074825.250000", "074830.234000", "074830.234000", "074830.234000", "074830.234000", "074835.234000", "074835.234000", "074835.234000", "074835.234000", "074840.234000", "074840.234000", "074840.234000", "074840.234000", "074845.234000", "074845.234000", "074845.234000", "074845.250000", "074850.234000", "074850.234000", "074850.234000", "074850.234000", "074855.234000", "074855.234000", "074855.234000", "074855.234000", "074900.234000", "074900.234000", "074900.234000", "074900.234000", "074900.250000", "074905.234000", "074905.234000", "074905.234000", "074905.234000", "074910.234000", "074910.234000", "074910.234000", "074910.234000", "074915.234000", "074915.234000", "074915.234000", "074915.234000", "074920.234000", "074920.234000", "074920.234000", "074920.250000", "074925.234000", "074925.234000", "074925.234000", "074925.234000", "074925.250000", "074930.234000", "074930.234000", "074930.234000", "074930.234000", "074935.234000", "074935.234000", "074935.234000", "074935.234000", "074940.234000", "074940.234000", "074940.234000", "074940.234000", "074945.234000", "074945.234000", "074945.234000", "074945.250000", "074945.250000", "074950.234000", "074950.234000", "074950.234000", "074950.250000", "074955.234000", "074955.234000", "074955.234000", "074955.234000", "074955.250000", "074959.328000", "074959.328000", "074959.328000", "074959.328000"], "InstanceCreationTime": ["074210.531000", "074215.234000", "074215.234000", "074215.234000", "074215.250000", "074220.234000", "074220.234000", "074220.234000", "074220.250000", "074225.234000", "074225.250000", "074225.250000", "074225.250000", "074230.234000", "074230.234000", "074230.234000", "074230.234000", "074235.234000", "074235.234000", "074235.234000", "074235.250000", "074240.234000", "074240.234000", "074240.234000", "074240.234000", "074245.234000", "074245.234000", "074245.234000", "074245.234000", "074250.234000", "074250.234000", "074250.234000", "074250.234000", "074255.234000", "074255.234000", "074255.234000", "074255.234000", "074300.234000", "074300.234000", "074300.234000", "074300.234000", "074305.234000", "074305.234000", "074305.234000", "074310.234000", "074310.234000", "074310.234000", "074310.234000", "074310.250000", "074315.234000", "074315.234000", "074315.250000", "074315.250000", "074320.234000", "074320.234000", "074320.234000", "074320.234000", "074325.234000", "074325.234000", "074325.234000", "074325.234000", "074330.234000", "074330.234000", "074330.234000", "074330.234000", "074335.234000", "074335.234000", "074335.234000", "074335.234000", "074340.234000", "074340.234000", "074340.250000", "074340.250000", "074345.234000", "074345.234000", "074345.234000", "074345.234000", "074350.234000", "074350.234000", "074350.250000", "074350.250000", "074355.234000", "074355.234000", "074355.234000", "074355.234000", "074400.234000", "074400.234000", "074400.234000", "074400.234000", "074405.234000", "074405.234000", "074405.234000", "074405.234000", "074410.234000", "074410.234000", "074410.234000", "074410.234000", "074415.234000", "074415.234000", "074415.234000", "074415.234000", "074420.234000", "074420.234000", "074420.234000", "074420.234000", "074425.234000", "074425.234000", "074425.234000", "074425.234000", "074430.234000", "074430.234000", "074430.234000", "074435.234000", "074435.234000", "074435.234000", "074435.234000", "074440.234000", "074440.234000", "074440.234000", "074440.234000", "074440.250000", "074445.234000", "074445.234000", "074445.234000", "074445.234000", "074450.234000", "074450.234000", "074450.234000", "074450.234000", "074455.234000", "074455.234000", "074455.234000", "074500.234000", "074500.234000", "074500.234000", "074500.234000", "074505.234000", "074505.234000", "074505.234000", "074505.234000", "074510.234000", "074510.234000", "074510.234000", "074510.234000", "074515.234000", "074515.234000", "074515.234000", "074515.234000", "074520.234000", "074520.234000", "074520.234000", "074520.234000", "074525.234000", "074525.234000", "074525.234000", "074525.234000", "074530.234000", "074530.234000", "074530.250000", "074530.250000", "074535.234000", "074535.234000", "074535.234000", "074535.234000", "074540.234000", "074540.234000", "074540.234000", "074540.234000", "074540.250000", "074545.234000", "074545.234000", "074545.234000", "074545.250000", "074550.234000", "074550.250000", "074550.250000", "074550.250000", "074555.234000", "074555.234000", "074555.234000", "074555.234000", "074600.234000", "074600.234000", "074600.234000", "074600.234000", "074605.234000", "074605.234000", "074605.234000", "074605.234000", "074610.234000", "074610.234000", "074610.234000", "074610.234000", "074620.234000", "074620.234000", "074620.234000", "074620.234000", "074620.250000", "074620.250000", "074620.250000", "074620.250000", "074625.234000", "074625.234000", "074625.234000", "074625.234000", "074630.234000", "074630.234000", "074630.234000", "074630.234000", "074635.234000", "074635.234000", "074635.234000", "074635.234000", "074640.234000", "074640.234000", "074640.234000", "074640.234000", "074645.234000", "074645.234000", "074645.234000", "074645.234000", "074650.234000", "074650.234000", "074650.234000", "074650.234000", "074655.234000", "074655.234000", "074655.234000", "074655.234000", "074700.234000", "074700.234000", "074700.234000", "074700.234000", "074705.234000", "074705.234000", "074705.234000", "074710.234000", "074710.234000", "074710.234000", "074710.234000", "074710.250000", "074715.234000", "074715.234000", "074715.234000", "074720.234000", "074720.234000", "074720.234000", "074720.250000", "074720.250000", "074725.234000", "074725.234000", "074725.234000", "074730.234000", "074730.234000", "074730.234000", "074730.234000", "074730.250000", "074735.234000", "074735.234000", "074735.234000", "074735.234000", "074740.234000", "074740.234000", "074740.234000", "074740.234000", "074745.234000", "074745.234000", "074745.234000", "074750.234000", "074750.234000", "074750.234000", "074750.234000", "074755.234000", "074755.234000", "074755.234000", "074755.250000", "074800.234000", "074800.234000", "074800.234000", "074800.234000", "074805.234000", "074805.234000", "074805.234000", "074805.234000", "074810.234000", "074810.234000", "074810.234000", "074810.234000", "074815.234000", "074815.234000", "074815.234000", "074815.234000", "074820.234000", "074820.234000", "074820.234000", "074820.234000", "074825.234000", "074825.250000", "074825.250000", "074825.250000", "074830.234000", "074830.234000", "074830.234000", "074830.234000", "074835.234000", "074835.234000", "074835.234000", "074835.234000", "074840.234000", "074840.234000", "074840.234000", "074840.234000", "074845.234000", "074845.234000", "074845.234000", "074845.250000", "074850.234000", "074850.234000", "074850.234000", "074850.234000", "074855.234000", "074855.234000", "074855.234000", "074855.234000", "074900.234000", "074900.234000", "074900.234000", "074900.234000", "074900.250000", "074905.234000", "074905.234000", "074905.234000", "074905.234000", "074910.234000", "074910.234000", "074910.234000", "074910.234000", "074915.234000", "074915.234000", "074915.234000", "074915.234000", "074920.234000", "074920.234000", "074920.234000", "074920.250000", "074925.234000", "074925.234000", "074925.234000", "074925.234000", "074925.250000", "074930.234000", "074930.234000", "074930.234000", "074930.234000", "074935.234000", "074935.234000", "074935.234000", "074935.234000", "074940.234000", "074940.234000", "074940.234000", "074940.234000", "074945.234000", "074945.234000", "074945.234000", "074945.250000", "074945.250000", "074950.234000", "074950.234000", "074950.234000", "074950.250000", "074955.234000", "074955.234000", "074955.234000", "074955.234000", "074955.250000", "074959.328000", "074959.328000", "074959.328000", "074959.328000"], "InstanceNumber": [1, 2, 3, 4, 5, 6, 7, 8, 9, 10, 11, 12, 13, 14, 15, 16, 17, 18, 19, 20, 21, 22, 23, 24, 25, 26, 27, 28, 29, 30, 31, 32, 33, 34, 35, 36, 37, 38, 39, 40, 41, 42, 43, 44, 45, 46, 47, 48, 49, 50, 51, 52, 53, 54, 55, 56, 57, 58, 59, 60, 61, 62, 63, 64, 65, 66, 67, 68, 69, 70, 71, 72, 73, 74, 75, 76, 77, 78, 79, 80, 81, 82, 83, 84, 85, 86, 87, 88, 89, 90, 91, 92, 93, 94, 95, 96, 97, 98, 99, 100, 101, 102, 103, 104, 105, 106, 107, 108, 109, 110, 111, 112, 113, 114, 115, 116, 117, 118, 119, 120, 121, 122, 123, 124, 125, 126, 127, 128, 129, 130, 131, 132, 133, 134, 135, 136, 137, 138, 139, 140, 141, 142, 143, 144, 145, 146, 147, 148, 149, 150, 151, 152, 153, 154, 155, 156, 157, 158, 159, 160, 161, 162, 163, 164, 165, 166, 167, 168, 169, 170, 171, 172, 173, 174, 175, 176, 177, 178, 179, 180, 181, 182, 183, 184, 185, 186, 187, 188, 189, 190, 191, 192, 193, 194, 195, 196, 197, 198, 199, 200, 201, 202, 203, 204, 205, 206, 207, 208, 209, 210, 211, 212, 213, 214, 215, 216, 217, 218, 219, 220, 221, 222, 223, 224, 225, 226, 227, 228, 229, 230, 231, 232, 233, 234, 235, 236, 237, 238, 239, 240, 241, 242, 243, 244, 245, 246, 247, 248, 249, 250, 251, 252, 253, 254, 255, 256, 257, 258, 259, 260, 261, 262, 263, 264, 265, 266, 267, 268, 269, 270, 271, 272, 273, 274, 275, 276, 277, 278, 279, 280, 281, 282, 283, 284, 285, 286, 287, 288, 289, 290, 291, 292, 293, 294, 295, 296, 297, 298, 299, 300, 301, 302, 303, 304, 305, 306, 307, 308, 309, 310, 311, 312, 313, 314, 315, 316, 317, 318, 319, 320, 321, 322, 323, 324, 325, 326, 327, 328, 329, 330, 331, 332, 333, 334, 335, 336, 337, 338, 339, 340, 341, 342, 343, 344, 345, 346, 347, 348, 349, 350, 351, 352, 353, 354, 355, 356, 357, 358, 359, 360, 361, 362, 363, 364, 365, 366, 367, 368, 369, 370, 371, 372, 373, 374, 375, 376, 377, 378, 379, 380], "LargestImagePixelValue": [27987, 22038, 28171, 21999, 22315, 22883, 22818, 23199, 22814, 21674, 22032, 23713, 22548, 24266, 22908, 21783, 24237, 22470, 30014, 28377, 22480, 23006, 26333, 21967, 21530, 25002, 21942, 21652, 23217, 21526, 21669, 22027, 21707, 23558, 22147, 21596, 24254, 29133, 26871, 21973, 22698, 23219, 26632, 22239, 25707, 21667, 23178, 24362, 22729, 27526, 24967, 22406, 23787, 22693, 22221, 21571, 27278, 23218, 22695, 23105, 21616, 22700, 25742, 21975, 24235, 24718, 24033, 21963, 25444, 21663, 21668, 23030, 21563, 27076, 21965, 24962, 23273, 21680, 22412, 24866, 21948, 21861, 21635, 22104, 25507, 23305, 21623, 21906, 22710, 22048, 24026, 21540, 23436, 21596, 24629, 25210, 22065, 21750, 24137, 24820, 24364, 21653, 23421, 25846, 21754, 21912, 26689, 22719, 21728, 21676, 21457, 24695, 22074, 24069, 22695, 22927, 23042, 23306, 23696, 26225, 23738, 22131, 22583, 21973, 25389, 23932, 22973, 24861, 23846, 21679, 23661, 21773, 23950, 23828, 21539, 22815, 21847, 23285, 21686, 21455, 22647, 23306, 24244, 21810, 21663, 24501, 21632, 23286, 25343, 21856, 22628, 23756, 21803, 21921, 22379, 21934, 26360, 21723, 22083, 23007, 22232, 24125, 22818, 22062, 23209, 21845, 22416, 21900, 23688, 25236, 21757, 24703, 22008, 24203, 21934, 26335, 22954, 22011, 24928, 21842, 25363, 24738, 21878, 22093, 21741, 21645, 24716, 21756, 23790, 25009, 21818, 22842, 24267, 21679, 23717, 21939, 21917, 23456, 21873, 23578, 22445, 23103, 24544, 23215, 22023, 21980, 21866, 25200, 21819, 21862, 22021, 21851, 25784, 24231, 22010, 22115, 21917, 23560, 24142, 22097, 22957, 21982, 25045, 23405, 21934, 25281, 22785, 24920, 23980, 21684, 23066, 23591, 25556, 23877, 22578, 23759, 21782, 21794, 22635, 23980, 21863, 24744, 24658, 21981, 25049, 22679, 24948, 22951, 21863, 24023, 22061, 21902, 22028, 25564, 23712, 22914, 25333, 26287, 21925, 21861, 22448, 22148, 21958, 22064, 24424, 21881, 26435, 21853, 24262, 25820, 22272, 21899, 22729, 25601, 24316, 23773, 23915, 25264, 21863, 22039, 23353, 23131, 21878, 25407, 22773, 23334, 21897, 24668, 22979, 26588, 22976, 21963, 26569, 23905, 21687, 23368, 23048, 21854, 24553, 22213, 22876, 22571, 23481, 22020, 24677, 21964, 25362, 24003, 24219, 21968, 21855, 25217, 21886, 23548, 23320, 22791, 24579, 22098, 23175, 25233, 27443, 22722, 21785, 23229, 21973, 25597, 22542, 21843, 24087, 22441, 22014, 21801, 22265, 23859, 24106, 24142, 21885, 22827, 25216, 23196, 22132, 23505, 22325, 22934, 23785, 22792, 23038, 24037, 22115, 21964, 24685, 22246, 21834, 23343, 28061, 25747, 22952, 21851, 22606, 24445, 26105, 21875, 21943, 22886, 22815, 24270, 21925, 22037, 23145, 22581, 23208, 22014, 22088, 24872, 21993, 27863, 22461, 22333, 23956, 23364], "WindowCenter": [9630.0, 9576.0, 9617.0, 9553.0, 9579.0, 9596.0, 9588.0, 9592.0, 9570.0, 9571.0, 9566.0, 9584.0, 9569.0, 9586.0, 9590.0, 9574.0, 9587.0, 9576.0, 9618.0, 9628.0, 9592.0, 9585.0, 9601.0, 9576.0, 9567.0, 9601.0, 9569.0, 9578.0, 9593.0, 9568.0, 9562.0, 9578.0, 9589.0, 9588.0, 9582.0, 9575.0, 9595.0, 9625.0, 9606.0, 9582.0, 9592.0, 9597.0, 9610.0, 9589.0, 9607.0, 9577.0, 9591.0, 9588.0, 9594.0, 9605.0, 9581.0, 9577.0, 9584.0, 9582.0, 9594.0, 9576.0, 9603.0, 9585.0, 9571.0, 9592.0, 9572.0, 9578.0, 9599.0, 9567.0, 9593.0, 9587.0, 9593.0, 9585.0, 9605.0, 9572.0, 9577.0, 9575.0, 9570.0, 9595.0, 9571.0, 9591.0, 9574.0, 9576.0, 9580.0, 9599.0, 9574.0, 9566.0, 9586.0, 9581.0, 9602.0, 9577.0, 9573.0, 9583.0, 9581.0, 9574.0, 9573.0, 9562.0, 9583.0, 9573.0, 9585.0, 9590.0, 9570.0, 9566.0, 9581.0, 9582.0, 9584.0, 9584.0, 9594.0, 9595.0, 9561.0, 9566.0, 9587.0, 9569.0, 9564.0, 9552.0, 9573.0, 9578.0, 9568.0, 9568.0, 9563.0, 9587.0, 9587.0, 9573.0, 9588.0, 9600.0, 9591.0, 9581.0, 9571.0, 9570.0, 9578.0, 9561.0, 9565.0, 9554.0, 9553.0, 9536.0, 9556.0, 9550.0, 9554.0, 9571.0, 9568.0, 9567.0, 9572.0, 9583.0, 9567.0, 9566.0, 9574.0, 9577.0, 9588.0, 9569.0, 9584.0, 9583.0, 9561.0, 9579.0, 9588.0, 9564.0, 9583.0, 9569.0, 9562.0, 9564.0, 9566.0, 9558.0, 9594.0, 9559.0, 9557.0, 9551.0, 9538.0, 9559.0, 9551.0, 9557.0, 9558.0, 9559.0, 9588.0, 9568.0, 9584.0, 9596.0, 9575.0, 9604.0, 9582.0, 9590.0, 9590.0, 9603.0, 9590.0, 9576.0, 9590.0, 9563.0, 9579.0, 9566.0, 9559.0, 9555.0, 9550.0, 9563.0, 9570.0, 9561.0, 9584.0, 9576.0, 9570.0, 9576.0, 9600.0, 9581.0, 9598.0, 9579.0, 9557.0, 9578.0, 9563.0, 9578.0, 9556.0, 9566.0, 9579.0, 9571.0, 9559.0, 9553.0, 9567.0, 9592.0, 9574.0, 9564.0, 9576.0, 9574.0, 9593.0, 9589.0, 9570.0, 9578.0, 9570.0, 9583.0, 9582.0, 9568.0, 9576.0, 9570.0, 9584.0, 9575.0, 9547.0, 9576.0, 9568.0, 9585.0, 9584.0, 9563.0, 9586.0, 9595.0, 9594.0, 9581.0, 9575.0, 9566.0, 9553.0, 9547.0, 9559.0, 9561.0, 9555.0, 9565.0, 9578.0, 9560.0, 9575.0, 9561.0, 9566.0, 9567.0, 9563.0, 9565.0, 9562.0, 9561.0, 9567.0, 9589.0, 9567.0, 9562.0, 9570.0, 9564.0, 9554.0, 9553.0, 9571.0, 9551.0, 9572.0, 9562.0, 9583.0, 9571.0, 9596.0, 9570.0, 9573.0, 9580.0, 9564.0, 9552.0, 9575.0, 9590.0, 9563.0, 9566.0, 9570.0, 9582.0, 9560.0, 9557.0, 9558.0, 9563.0, 9560.0, 9582.0, 9569.0, 9572.0, 9567.0, 9590.0, 9576.0, 9589.0, 9562.0, 9559.0, 9595.0, 9568.0, 9570.0, 9579.0, 9566.0, 9577.0, 9593.0, 9564.0, 9562.0, 9577.0, 9566.0, 9578.0, 9596.0, 9574.0, 9583.0, 9585.0, 9581.0, 9572.0, 9551.0, 9570.0, 9533.0, 9543.0, 9551.0, 9556.0, 9561.0, 9555.0, 9558.0, 9574.0, 9591.0, 9568.0, 9566.0, 9593.0, 9579.0, 9598.0, 9567.0, 9571.0, 9573.0, 9575.0, 9554.0, 9552.0, 9565.0, 9579.0, 9596.0, 9588.0, 9566.0, 9575.0, 9581.0, 9571.0, 9558.0, 9571.0, 9575.0, 9595.0, 9588.0, 9575.0, 9578.0, 9575.0, 9562.0, 9557.0, 9584.0, 9577.0, 9575.0, 9590.0, 9604.0, 9596.0, 9579.0, 9568.0, 9575.0, 9587.0, 9585.0, 9543.0, 9557.0, 9571.0, 9563.0, 9569.0, 9563.0, 9565.0, 9573.0, 9572.0, 9572.0, 9559.0, 9565.0, 9578.0, 9562.0, 9606.0, 9589.0, 9582.0, 9590.0, 9577.0], "WindowWidth": [20316.0, 20212.0, 20283.0, 20166.0, 20212.0, 20245.0, 20229.0, 20235.0, 20193.0, 20193.0, 20183.0, 20220.0, 20191.0, 20221.0, 20230.0, 20200.0, 20221.0, 20207.0, 20276.0, 20297.0, 20237.0, 20226.0, 20249.0, 20205.0, 20192.0, 20250.0, 20192.0, 20206.0, 20235.0, 20194.0, 20182.0, 20209.0, 20233.0, 20229.0, 20218.0, 20203.0, 20241.0, 20297.0, 20258.0, 20219.0, 20239.0, 20247.0, 20268.0, 20233.0, 20268.0, 20211.0, 20235.0, 20226.0, 20239.0, 20258.0, 20210.0, 20209.0, 20218.0, 20217.0, 20241.0, 20207.0, 20255.0, 20221.0, 20196.0, 20239.0, 20199.0, 20209.0, 20246.0, 20191.0, 20235.0, 20223.0, 20237.0, 20227.0, 20262.0, 20199.0, 20206.0, 20204.0, 20194.0, 20232.0, 20194.0, 20230.0, 20202.0, 20201.0, 20212.0, 20248.0, 20206.0, 20187.0, 20228.0, 20219.0, 20256.0, 20210.0, 20198.0, 20215.0, 20214.0, 20200.0, 20195.0, 20175.0, 20215.0, 20200.0, 20219.0, 20226.0, 20194.0, 20189.0, 20214.0, 20211.0, 20218.0, 20223.0, 20242.0, 20240.0, 20172.0, 20182.0, 20220.0, 20188.0, 20178.0, 20156.0, 20196.0, 20203.0, 20189.0, 20185.0, 20175.0, 20221.0, 20224.0, 20203.0, 20227.0, 20246.0, 20234.0, 20213.0, 20193.0, 20191.0, 20203.0, 20166.0, 20173.0, 20152.0, 20148.0, 20116.0, 20155.0, 20151.0, 20156.0, 20191.0, 20187.0, 20184.0, 20198.0, 20216.0, 20183.0, 20183.0, 20194.0, 20206.0, 20225.0, 20189.0, 20219.0, 20214.0, 20173.0, 20210.0, 20222.0, 20178.0, 20212.0, 20189.0, 20173.0, 20174.0, 20183.0, 20169.0, 20234.0, 20169.0, 20160.0, 20147.0, 20123.0, 20159.0, 20151.0, 20164.0, 20165.0, 20167.0, 20224.0, 20192.0, 20220.0, 20239.0, 20203.0, 20256.0, 20220.0, 20233.0, 20232.0, 20253.0, 20233.0, 20205.0, 20227.0, 20175.0, 20200.0, 20176.0, 20167.0, 20156.0, 20146.0, 20175.0, 20190.0, 20173.0, 20220.0, 20198.0, 20186.0, 20202.0, 20250.0, 20216.0, 20246.0, 20207.0, 20168.0, 20206.0, 20176.0, 20203.0, 20160.0, 20178.0, 20202.0, 20189.0, 20163.0, 20156.0, 20185.0, 20231.0, 20201.0, 20182.0, 20203.0, 20204.0, 20232.0, 20229.0, 20192.0, 20203.0, 20193.0, 20214.0, 20215.0, 20185.0, 20199.0, 20193.0, 20214.0, 20197.0, 20141.0, 20194.0, 20183.0, 20214.0, 20214.0, 20179.0, 20227.0, 20242.0, 20235.0, 20212.0, 20198.0, 20178.0, 20159.0, 20146.0, 20164.0, 20169.0, 20157.0, 20177.0, 20203.0, 20166.0, 20197.0, 20169.0, 20174.0, 20180.0, 20176.0, 20176.0, 20177.0, 20171.0, 20182.0, 20220.0, 20178.0, 20169.0, 20184.0, 20170.0, 20155.0, 20156.0, 20190.0, 20151.0, 20193.0, 20177.0, 20214.0, 20195.0, 20237.0, 20188.0, 20192.0, 20200.0, 20176.0, 20155.0, 20197.0, 20225.0, 20170.0, 20180.0, 20187.0, 20207.0, 20170.0, 20163.0, 20163.0, 20175.0, 20169.0, 20206.0, 20186.0, 20187.0, 20185.0, 20230.0, 20200.0, 20222.0, 20174.0, 20167.0, 20232.0, 20183.0, 20188.0, 20206.0, 20182.0, 20204.0, 20232.0, 20179.0, 20173.0, 20202.0, 20184.0, 20207.0, 20241.0, 20202.0, 20217.0, 20218.0, 20210.0, 20190.0, 20149.0, 20179.0, 20113.0, 20126.0, 20144.0, 20158.0, 20162.0, 20156.0, 20162.0, 20189.0, 20223.0, 20181.0, 20185.0, 20238.0, 20211.0, 20245.0, 20188.0, 20192.0, 20194.0, 20195.0, 20158.0, 20151.0, 20181.0, 20210.0, 20242.0, 20224.0, 20181.0, 20198.0, 20207.0, 20193.0, 20168.0, 20192.0, 20206.0, 20242.0, 20231.0, 20200.0, 20202.0, 20198.0, 20172.0, 20161.0, 20213.0, 20202.0, 20199.0, 20230.0, 20257.0, 20242.0, 20206.0, 20186.0, 20203.0, 20222.0, 20213.0, 20137.0, 20165.0, 20191.0, 20176.0, 20183.0, 20175.0, 20178.0, 20198.0, 20191.0, 20188.0, 20172.0, 20184.0, 20204.0, 20175.0, 20260.0, 20232.0, 20218.0, 20231.0, 20206.0]}, "slices": {}}}