{"AcquisitionMatrixPE": 96, "AcquisitionNumber": 1, "AcquisitionTime": "07:27:41.175000", "BandwidthPerPixelPhaseEncode": 33.602, "BaseResolution": 96, "BodyPartExamined": "BRAIN", "ConsistencyInfo": "N4_VD11D_LATEST_20110129", "ConversionSoftware": "dcm2niix", "ConversionSoftwareVersion": "v1.0.20210317", "DerivedVendorReportedEchoSpacing": 0.000620003, "DeviceSerialNumber": "45239", "DwellTime": 2.6e-06, "EchoTime": 0.03, "EchoTrainLength": 48, "EffectiveEchoSpacing": 0.000310001, "FlipAngle": 63, "ImageComments": "Unaliased MB4/PE3", "ImageOrientationPatientDICOM": [0.997843, 0.0261132, 0.0602209, 0.0120012, 0.829412, -0.558509], "ImageType": ["ORIGINAL", "PRIMARY", "M", "ND", "NORM", "MOSAIC"], "ImagingFrequency": 123.193, "InPlanePhaseEncodingDirectionDICOM": "COL", "InstitutionAddress": "E 24th St. 100,Austin,Southmiddle,US,78712", "InstitutionName": "Univ of Texas at Austin", "InstitutionalDepartmentName": "IRC", "MRAcquisitionType": "2D", "MagneticFieldStrength": 3, "Manufacturer": "Siemens", "ManufacturersModelName": "Skyra", "Modality": "MR", "MultibandAccelerationFactor": 4, "ParallelReductionFactorInPlane": 2, "PartialFourier": 1, "PatientPosition": "HFS", "PercentPhaseFOV": 100, "PercentSampling": 100, "PhaseEncodingDirection": "j-", "PhaseEncodingSteps": 96, "PhaseResolution": 1, "PixelBandwidth": 2005, "ProcedureStepDescription": "Poldrack2^self-scanning", "ProtocolName": "Resting State fMRI MBEPI_matrix96_BW2004", "PulseSequenceDetails": "%CustomerSeq%\\cmrr_mbep2d_bold", "ReceiveCoilActiveElements": "HEA;HEP", "ReceiveCoilName": "Head_32", "ReconMatrixPE": 96, "RefLinesPE": 94, "RepetitionTime": 1.16, "SAR": 0.0979786, "ScanOptions": "FS", "ScanningSequence": "EP", "SequenceName": "epfid2d1_96", "SequenceVariant": "SK", "SeriesDescription": "Resting State fMRI MBEPI_matrix96_BW2004", "SeriesNumber": 9, "ShimSetting": [-2780, 8054, -15444, 190, -208, 68, 85, -92], "SliceThickness": 2, "SliceTiming": [0, 0.4975, 0.9975, 0.355, 0.855, 0.2125, 0.7125, 0.07, 0.57, 1.0675, 0.4275, 0.925, 0.285, 0.7825, 0.1425, 0.64, 0, 0.4975, 0.9975, 0.355, 0.855, 0.2125, 0.7125, 0.07, 0.57, 1.0675, 0.4275, 0.925, 0.285, 0.7825, 0.1425, 0.64, 0, 0.4975, 0.9975, 0.355, 0.855, 0.2125, 0.7125, 0.07, 0.57, 1.0675, 0.4275, 0.925, 0.285, 0.7825, 0.1425, 0.64, 0, 0.4975, 0.9975, 0.355, 0.855, 0.2125, 0.7125, 0.07, 0.57, 1.0675, 0.4275, 0.925, 0.285, 0.7825, 0.1425, 0.64], "SoftwareVersions": "syngo MR D11", "SpacingBetweenSlices": 2.4, "StationName": "AWP45239", "TaskName": "Resting fmri", "TotalReadoutTime": 0.0294501, "TxRefAmp": 346.188, "WipMemBlock": "b3b750f0-9425-41b1-8dce-e87ce3a6d3fb||Sequence: VD11D r195; Nov 21 2012 15:36:10 by eja", "dcmmeta_affine": [[-2.3906664848327637, 0.028752870857715607, 0.15487758815288544, 114.03795623779297], [-0.06256283819675446, 1.9871318340301514, -1.3392655849456787, -70.39136505126953], [0.1442791372537613, 1.3380945920944214, 1.985542893409729, -95.7562484741211], [0.0, 0.0, 0.0, 1.0]], "dcmmeta_reorient_transform": [[0.0, -1.0, 0.0, 95.0], [1.0, 0.0, 0.0, 0.0], [0.0, 0.0, 1.0, 0.0], [0.0, 0.0, 0.0, 1.0]], "dcmmeta_shape": [96, 96, 64, 518], "dcmmeta_slice_dim": 2, "dcmmeta_version": 0.6, "global": {"const": {"AcquisitionMatrix": [96, 0, 0, 96], "AngioFlag": "N", "BitsAllocated": 16, "BitsStored": 16, "BodyPartExamined": "BRAIN", "Columns": 768, "EchoNumbers": 1, "EchoTime": 30.0, "EchoTrainLength": 48, "FlipAngle": 63.0, "HighBit": 15, "ImageOrientationPatient": [0.99784344954173, 0.02611318396881, 0.06022085875904, 0.01200119867418, 0.82941159981826, -0.5585090592974], "ImagePositionPatient": [-929.69439377527, -807.08359132077, 432.4847282115], "ImageType": ["ORIGINAL", "PRIMARY", "M", "ND", "NORM", "MOSAIC"], "ImagedNucleus": "1H", "ImagingFrequency": 123.193339, "InPlanePhaseEncodingDirection": "COL", "MRAcquisitionType": "2D", "MagneticFieldStrength": 3.0, "Manufacturer": "SIEMENS", "ManufacturerModelName": "Skyra", "Modality": "MR", "NumberOfAverages": 1.0, "NumberOfPhaseEncodingSteps": 96, "PercentPhaseFieldOfView": 100.0, "PercentSampling": 100.0, "PerformedProcedureStepStartTime": "070954.593000", "PhotometricInterpretation": "MONOCHROME2", "PixelBandwidth": 2005.0, "PixelRepresentation": 0, "PixelSpacing": [2.3958332538605, 2.3958332538605], "ProtocolName": "Resting State fMRI MBEPI_matrix96_BW2004", "RepetitionTime": 1160.0, "Rows": 768, "SAR": 0.09797863167576, "SamplesPerPixel": 1, "ScanOptions": "FS", "ScanningSequence": "EP", "SequenceName": "epfid2d1_96", "SequenceVariant": "SK", "SeriesDescription": "Resting State fMRI MBEPI_matrix96_BW2004", "SeriesNumber": 9, "SeriesTime": "072825.609000", "SliceLocation": -32.580613897065, "SliceThickness": 2.0, "SmallestImagePixelValue": 0, "SoftwareVersions": "syngo MR D11", "SpacingBetweenSlices": 2.4000000354019, "SpecificCharacterSet": "ISO_IR 100", "StudyID": "1", "StudyTime": "070954.562000", "TransmitCoilName": "Body", "VariableFlipAngleFlag": "N", "WindowCenterWidthExplanation": "Algo1", "dBdt": 0.0}, "slices": {}}, "time": {"samples": {"AcquisitionNumber": [1, 2, 3, 4, 5, 6, 7, 8, 9, 10, 11, 12, 13, 14, 15, 16, 17, 18, 19, 20, 21, 22, 23, 24, 25, 26, 27, 28, 29, 30, 31, 32, 33, 34, 35, 36, 37, 38, 39, 40, 41, 42, 43, 44, 45, 46, 47, 48, 49, 50, 51, 52, 53, 54, 55, 56, 57, 58, 59, 60, 61, 62, 63, 64, 65, 66, 67, 68, 69, 70, 71, 72, 73, 74, 75, 76, 77, 78, 79, 80, 81, 82, 83, 84, 85, 86, 87, 88, 89, 90, 91, 92, 93, 94, 95, 96, 97, 98, 99, 100, 101, 102, 103, 104, 105, 106, 107, 108, 109, 110, 111, 112, 113, 114, 115, 116, 117, 118, 119, 120, 121, 122, 123, 124, 125, 126, 127, 128, 129, 130, 131, 132, 133, 134, 135, 136, 137, 138, 139, 140, 141, 142, 143, 144, 145, 146, 147, 148, 149, 150, 151, 152, 153, 154, 155, 156, 157, 158, 159, 160, 161, 162, 163, 164, 165, 166, 167, 168, 169, 170, 171, 172, 173, 174, 175, 176, 177, 178, 179, 180, 181, 182, 183, 184, 185, 186, 187, 188, 189, 190, 191, 192, 193, 194, 195, 196, 197, 198, 199, 200, 201, 202, 203, 204, 205, 206, 207, 208, 209, 210, 211, 212, 213, 214, 215, 216, 217, 218, 219, 220, 221, 222, 223, 224, 225, 226, 227, 228, 229, 230, 231, 232, 233, 234, 235, 236, 237, 238, 239, 240, 241, 242, 243, 244, 245, 246, 247, 248, 249, 250, 251, 252, 253, 254, 255, 256, 257, 258, 259, 260, 261, 262, 263, 264, 265, 266, 267, 268, 269, 270, 271, 272, 273, 274, 275, 276, 277, 278, 279, 280, 281, 282, 283, 284, 285, 286, 287, 288, 289, 290, 291, 292, 293, 294, 295, 296, 297, 298, 299, 300, 301, 302, 303, 304, 305, 306, 307, 308, 309, 310, 311, 312, 313, 314, 315, 316, 317, 318, 319, 320, 321, 322, 323, 324, 325, 326, 327, 328, 329, 330, 331, 332, 333, 334, 335, 336, 337, 338, 339, 340, 341, 342, 343, 344, 345, 346, 347, 348, 349, 350, 351, 352, 353, 354, 355, 356, 357, 358, 359, 360, 361, 362, 363, 364, 365, 366, 367, 368, 369, 370, 371, 372, 373, 374, 375, 376, 377, 378, 379, 380, 381, 382, 383, 384, 385, 386, 387, 388, 389, 390, 391, 392, 393, 394, 395, 396, 397, 398, 399, 400, 401, 402, 403, 404, 405, 406, 407, 408, 409, 410, 411, 412, 413, 414, 415, 416, 417, 418, 419, 420, 421, 422, 423, 424, 425, 426, 427, 428, 429, 430, 431, 432, 433, 434, 435, 436, 437, 438, 439, 440, 441, 442, 443, 444, 445, 446, 447, 448, 449, 450, 451, 452, 453, 454, 455, 456, 457, 458, 459, 460, 461, 462, 463, 464, 465, 466, 467, 468, 469, 470, 471, 472, 473, 474, 475, 476, 477, 478, 479, 480, 481, 482, 483, 484, 485, 486, 487, 488, 489, 490, 491, 492, 493, 494, 495, 496, 497, 498, 499, 500, 501, 502, 503, 504, 505, 506, 507, 508, 509, 510, 511, 512, 513, 514, 515, 516, 517, 518], "AcquisitionTime": ["072741.175000", "072810.175000", "072811.335000", "072812.495000", "072813.655000", "072814.815000", "072815.975000", "072817.135000", "072818.295000", "072819.455000", "072820.615000", "072821.775000", "072822.935000", "072824.095000", "072825.255000", "072826.415000", "072827.575000", "072828.735000", "072829.895000", "072831.055000", "072832.215000", "072833.375000", "072834.535000", "072835.695000", "072836.855000", "072838.015000", "072839.175000", "072840.335000", "072841.495000", "072842.655000", "072843.815000", "072844.975000", "072846.135000", "072847.295000", "072848.455000", "072849.615000", "072850.775000", "072851.935000", "072853.095000", "072854.255000", "072855.415000", "072856.575000", "072857.735000", "072858.895000", "072900.055000", "072901.215000", "072902.375000", "072903.535000", "072904.695000", "072905.855000", "072907.015000", "072908.175000", "072909.335000", "072910.495000", "072911.655000", "072912.815000", "072913.975000", "072915.135000", "072916.295000", "072917.455000", "072918.615000", "072919.775000", "072920.935000", "072922.095000", "072923.255000", "072924.415000", "072925.575000", "072926.735000", "072927.895000", "072929.055000", "072930.215000", "072931.375000", "072932.535000", "072933.695000", "072934.855000", "072936.015000", "072937.175000", "072938.335000", "072939.495000", "072940.655000", "072941.815000", "072942.975000", "072944.135000", "072945.295000", "072946.455000", "072947.615000", "072948.775000", "072949.935000", "072951.095000", "072952.255000", "072953.415000", "072954.575000", "072955.735000", "072956.895000", "072958.055000", "072959.215000", "073000.375000", "073001.535000", "073002.695000", "073003.855000", "073005.015000", "073006.175000", "073007.335000", "073008.495000", "073009.655000", "073010.815000", "073011.975000", "073013.135000", "073014.295000", "073015.455000", "073016.615000", "073017.775000", "073018.935000", "073020.095000", "073021.255000", "073022.415000", "073023.575000", "073024.735000", "073025.895000", "073027.055000", "073028.215000", "073029.375000", "073030.535000", "073031.695000", "073032.855000", "073034.015000", "073035.175000", "073036.335000", "073037.495000", "073038.655000", "073039.815000", "073040.975000", "073042.135000", "073043.295000", "073044.455000", "073045.615000", "073046.775000", "073047.935000", "073049.095000", "073050.255000", "073051.415000", "073052.575000", "073053.735000", "073054.895000", "073056.055000", "073057.215000", "073058.375000", "073059.535000", "073100.695000", "073101.855000", "073103.015000", "073104.175000", "073105.335000", "073106.495000", "073107.655000", "073108.815000", "073109.975000", "073111.135000", "073112.295000", "073113.455000", "073114.617500", "073115.777500", "073116.937500", "073118.097500", "073119.257500", "073120.417500", "073121.577500", "073122.737500", "073123.897500", "073125.057500", "073126.217500", "073127.377500", "073128.537500", "073129.697500", "073130.857500", "073132.017500", "073133.177500", "073134.337500", "073135.497500", "073136.657500", "073137.817500", "073138.977500", "073140.137500", "073141.297500", "073142.457500", "073143.617500", "073144.777500", "073145.937500", "073147.097500", "073148.257500", "073149.417500", "073150.577500", "073151.737500", "073152.897500", "073154.057500", "073155.217500", "073156.377500", "073157.537500", "073158.697500", "073159.857500", "073201.017500", "073202.177500", "073203.337500", "073204.497500", "073205.657500", "073206.817500", "073207.977500", "073209.137500", "073210.297500", "073211.457500", "073212.617500", "073213.777500", "073214.937500", "073216.097500", "073217.257500", "073218.417500", "073219.577500", "073220.737500", "073221.897500", "073223.057500", "073224.217500", "073225.377500", "073226.537500", "073227.697500", "073228.857500", "073230.017500", "073231.177500", "073232.337500", "073233.497500", "073234.657500", "073235.817500", "073236.977500", "073238.137500", "073239.297500", "073240.457500", "073241.617500", "073242.777500", "073243.937500", "073245.097500", "073246.257500", "073247.417500", "073248.577500", "073249.737500", "073250.897500", "073252.057500", "073253.217500", "073254.377500", "073255.537500", "073256.697500", "073257.857500", "073259.017500", "073300.177500", "073301.337500", "073302.497500", "073303.657500", "073304.817500", "073305.977500", "073307.137500", "073308.297500", "073309.457500", "073310.617500", "073311.777500", "073312.937500", "073314.097500", "073315.257500", "073316.417500", "073317.577500", "073318.737500", "073319.897500", "073321.057500", "073322.217500", "073323.377500", "073324.537500", "073325.697500", "073326.857500", "073328.017500", "073329.177500", "073330.337500", "073331.497500", "073332.657500", "073333.817500", "073334.977500", "073336.137500", "073337.297500", "073338.457500", "073339.617500", "073340.777500", "073341.937500", "073343.097500", "073344.257500", "073345.417500", "073346.577500", "073347.737500", "073348.897500", "073350.057500", "073351.217500", "073352.377500", "073353.537500", "073354.697500", "073355.857500", "073357.017500", "073358.177500", "073359.337500", "073400.497500", "073401.657500", "073402.817500", "073403.977500", "073405.137500", "073406.297500", "073407.457500", "073408.617500", "073409.777500", "073410.937500", "073412.097500", "073413.257500", "073414.417500", "073415.577500", "073416.737500", "073417.897500", "073419.057500", "073420.217500", "073421.377500", "073422.537500", "073423.697500", "073424.857500", "073426.017500", "073427.177500", "073428.337500", "073429.497500", "073430.657500", "073431.817500", "073432.977500", "073434.137500", "073435.297500", "073436.457500", "073437.617500", "073438.777500", "073439.937500", "073441.097500", "073442.257500", "073443.417500", "073444.577500", "073445.737500", "073446.897500", "073448.057500", "073449.217500", "073450.377500", "073451.537500", "073452.697500", "073453.857500", "073455.017500", "073456.177500", "073457.337500", "073458.497500", "073459.657500", "073500.817500", "073501.977500", "073503.137500", "073504.297500", "073505.457500", "073506.617500", "073507.777500", "073508.937500", "073510.097500", "073511.257500", "073512.417500", "073513.577500", "073514.737500", "073515.897500", "073517.057500", "073518.217500", "073519.377500", "073520.537500", "073521.697500", "073522.857500", "073524.017500", "073525.177500", "073526.337500", "073527.497500", "073528.657500", "073529.817500", "073530.977500", "073532.137500", "073533.297500", "073534.457500", "073535.617500", "073536.777500", "073537.937500", "073539.097500", "073540.257500", "073541.417500", "073542.577500", "073543.737500", "073544.897500", "073546.057500", "073547.217500", "073548.377500", "073549.537500", "073550.697500", "073551.857500", "073553.017500", "073554.177500", "073555.337500", "073556.497500", "073557.657500", "073558.817500", "073559.977500", "073601.137500", "073602.297500", "073603.457500", "073604.620000", "073605.780000", "073606.940000", "073608.100000", "073609.260000", "073610.420000", "073611.580000", "073612.740000", "073613.900000", "073615.060000", "073616.220000", "073617.380000", "073618.540000", "073619.700000", "073620.860000", "073622.020000", "073623.180000", "073624.340000", "073625.500000", "073626.660000", "073627.820000", "073628.980000", "073630.140000", "073631.300000", "073632.460000", "073633.620000", "073634.780000", "073635.940000", "073637.100000", "073638.260000", "073639.420000", "073640.580000", "073641.740000", "073642.900000", "073644.060000", "073645.220000", "073646.380000", "073647.540000", "073648.700000", "073649.860000", "073651.020000", "073652.180000", "073653.340000", "073654.500000", "073655.660000", "073656.820000", "073657.980000", "073659.140000", "073700.300000", "073701.460000", "073702.620000", "073703.780000", "073704.940000", "073706.100000", "073707.260000", "073708.420000", "073709.580000", "073710.740000", "073711.900000", "073713.060000", "073714.220000", "073715.380000", "073716.540000", "073717.700000", "073718.860000", "073720.020000", "073721.180000", "073722.340000", "073723.500000", "073724.660000", "073725.820000", "073726.980000", "073728.140000", "073729.300000", "073730.460000", "073731.620000", "073732.780000", "073733.940000", "073735.100000", "073736.260000", "073737.420000", "073738.580000", "073739.740000", "073740.900000", "073742.060000", "073743.220000", "073744.380000", "073745.540000", "073746.700000", "073747.860000", "073749.020000", "073750.180000", "073751.340000", "073752.500000", "073753.660000", "073754.820000", "073755.980000", "073757.140000", "073758.300000", "073759.460000", "073800.620000", "073801.780000", "073802.940000", "073804.100000", "073805.260000", "073806.420000", "073807.580000", "073808.740000"], "ContentTime": ["072825.609000", "072832.218000", "072832.234000", "072832.234000", "072832.234000", "072832.250000", "072837.218000", "072837.234000", "072837.234000", "072837.234000", "072842.218000", "072842.234000", "072842.234000", "072842.234000", "072842.234000", "072847.218000", "072847.234000", "072847.234000", "072847.234000", "072852.218000", "072852.234000", "072852.234000", "072852.234000", "072857.218000", "072857.234000", "072857.234000", "072857.234000", "072902.218000", "072902.234000", "072902.234000", "072902.234000", "072907.218000", "072907.234000", "072907.234000", "072907.234000", "072912.218000", "072912.234000", "072912.234000", "072912.234000", "072917.218000", "072917.234000", "072917.234000", "072917.234000", "072922.218000", "072922.234000", "072922.234000", "072922.234000", "072927.218000", "072927.234000", "072927.234000", "072927.234000", "072932.218000", "072932.234000", "072932.234000", "072932.234000", "072937.218000", "072937.234000", "072937.234000", "072937.234000", "072942.218000", "072942.234000", "072942.234000", "072947.218000", "072947.234000", "072947.234000", "072947.234000", "072952.218000", "072952.234000", "072952.234000", "072952.234000", "072952.234000", "072957.218000", "072957.234000", "072957.234000", "073002.218000", "073002.234000", "073002.234000", "073002.250000", "073002.250000", "073007.218000", "073007.234000", "073007.234000", "073007.234000", "073012.218000", "073012.234000", "073012.234000", "073017.218000", "073017.234000", "073017.234000", "073017.234000", "073022.218000", "073022.234000", "073022.234000", "073022.234000", "073027.218000", "073027.234000", "073027.234000", "073027.250000", "073032.218000", "073032.234000", "073032.234000", "073032.234000", "073037.218000", "073037.234000", "073037.234000", "073042.218000", "073042.234000", "073042.234000", "073042.234000", "073047.218000", "073047.234000", "073047.234000", "073047.234000", "073052.218000", "073052.234000", "073052.234000", "073052.234000", "073052.234000", "073057.218000", "073057.234000", "073057.234000", "073057.234000", "073102.218000", "073102.234000", "073102.234000", "073102.234000", "073107.218000", "073107.234000", "073107.234000", "073112.218000", "073112.234000", "073112.234000", "073112.234000", "073117.218000", "073117.234000", "073117.234000", "073117.234000", "073122.218000", "073122.234000", "073122.234000", "073122.234000", "073127.218000", "073127.234000", "073127.234000", "073127.250000", "073132.218000", "073132.234000", "073132.250000", "073132.250000", "073137.218000", "073137.234000", "073137.234000", "073137.234000", "073137.234000", "073142.218000", "073142.234000", "073142.234000", "073142.234000", "073147.218000", "073147.234000", "073147.234000", "073147.234000", "073152.218000", "073152.234000", "073152.234000", "073152.234000", "073157.218000", "073157.234000", "073157.234000", "073157.234000", "073202.218000", "073202.234000", "073202.234000", "073202.234000", "073207.218000", "073207.234000", "073207.234000", "073207.234000", "073212.218000", "073212.234000", "073212.234000", "073212.234000", "073217.218000", "073217.234000", "073217.234000", "073217.234000", "073222.218000", "073222.234000", "073222.234000", "073222.234000", "073227.218000", "073227.234000", "073227.234000", "073227.234000", "073232.218000", "073232.234000", "073232.234000", "073232.234000", "073237.218000", "073237.234000", "073237.234000", "073237.234000", "073242.218000", "073242.234000", "073242.234000", "073242.234000", "073247.218000", "073247.234000", "073247.234000", "073247.234000", "073252.218000", "073252.234000", "073252.234000", "073252.234000", "073257.218000", "073257.234000", "073257.234000", "073257.234000", "073302.218000", "073302.234000", "073302.234000", "073302.234000", "073307.218000", "073307.234000", "073307.234000", "073307.234000", "073312.218000", "073312.234000", "073312.234000", "073312.234000", "073317.218000", "073317.234000", "073317.234000", "073317.234000", "073327.218000", "073327.234000", "073327.234000", "073327.250000", "073327.250000", "073327.250000", "073327.250000", "073327.265000", "073332.218000", "073332.234000", "073332.234000", "073332.234000", "073332.234000", "073337.218000", "073337.234000", "073337.234000", "073342.218000", "073342.234000", "073342.234000", "073342.234000", "073347.218000", "073347.234000", "073347.234000", "073347.234000", "073352.218000", "073352.234000", "073352.234000", "073352.234000", "073357.218000", "073357.234000", "073357.234000", "073357.234000", "073402.218000", "073402.234000", "073402.234000", "073402.234000", "073407.218000", "073407.234000", "073407.234000", "073407.250000", "073412.218000", "073412.234000", "073412.234000", "073412.234000", "073417.218000", "073417.234000", "073417.234000", "073417.234000", "073422.218000", "073422.234000", "073422.234000", "073427.218000", "073427.234000", "073427.234000", "073427.234000", "073432.218000", "073432.234000", "073432.234000", "073432.234000", "073437.218000", "073437.234000", "073437.234000", "073437.234000", "073442.218000", "073442.234000", "073442.234000", "073442.234000", "073447.218000", "073447.234000", "073447.234000", "073447.234000", "073452.218000", "073452.234000", "073452.234000", "073452.250000", "073457.218000", "073457.234000", "073457.234000", "073502.218000", "073502.234000", "073502.234000", "073502.234000", "073507.218000", "073507.234000", "073507.234000", "073507.234000", "073507.234000", "073512.218000", "073512.234000", "073512.234000", "073512.234000", "073517.218000", "073517.234000", "073517.234000", "073517.234000", "073522.218000", "073522.234000", "073522.234000", "073522.250000", "073527.218000", "073527.234000", "073527.234000", "073527.234000", "073532.218000", "073532.234000", "073532.234000", "073532.250000", "073537.218000", "073537.234000", "073537.234000", "073537.234000", "073542.234000", "073542.234000", "073542.250000", "073542.265000", "073547.218000", "073547.234000", "073547.234000", "073547.234000", "073552.218000", "073552.234000", "073552.234000", "073552.234000", "073557.218000", "073557.234000", "073557.234000", "073557.234000", "073602.218000", "073602.234000", "073602.234000", "073602.234000", "073607.218000", "073607.234000", "073607.234000", "073607.250000", "073612.218000", "073612.234000", "073612.234000", "073612.234000", "073617.218000", "073617.234000", "073617.234000", "073617.234000", "073622.218000", "073622.234000", "073622.234000", "073622.234000", "073627.218000", "073627.234000", "073627.234000", "073627.234000", "073632.218000", "073632.234000", "073632.234000", "073632.234000", "073637.218000", "073637.234000", "073637.234000", "073637.234000", "073642.218000", "073642.234000", "073642.234000", "073642.234000", "073647.218000", "073647.234000", "073647.234000", "073647.234000", "073652.218000", "073652.234000", "073652.234000", "073652.234000", "073657.218000", "073657.234000", "073657.234000", "073657.250000", "073702.234000", "073702.234000", "073702.250000", "073702.250000", "073707.218000", "073707.234000", "073707.234000", "073707.234000", "073712.218000", "073712.234000", "073712.234000", "073712.234000", "073712.234000", "073717.218000", "073717.234000", "073717.234000", "073717.234000", "073722.218000", "073722.234000", "073722.234000", "073722.234000", "073727.218000", "073727.234000", "073727.234000", "073727.234000", "073732.218000", "073732.234000", "073732.234000", "073737.218000", "073737.234000", "073737.234000", "073737.234000", "073742.218000", "073742.234000", "073742.234000", "073742.234000", "073747.218000", "073747.234000", "073747.234000", "073747.234000", "073752.234000", "073752.234000", "073752.234000", "073752.234000", "073757.218000", "073757.234000", "073757.234000", "073757.234000", "073802.218000", "073802.234000", "073802.234000", "073802.234000", "073807.218000", "073807.234000", "073807.234000", "073807.234000", "073812.218000", "073812.234000", "073812.234000", "073812.234000", "073817.218000", "073817.234000", "073817.234000", "073817.234000", "073822.218000", "073822.234000", "073822.234000", "073822.234000", "073822.234000", "073827.218000", "073827.234000", "073827.234000", "073827.234000", "073827.234000", "073832.218000", "073832.234000", "073832.234000", "073832.234000", "073837.218000", "073837.234000", "073837.234000", "073837.234000", "073842.218000", "073842.234000", "073842.234000", "073842.234000", "073842.250000", "073847.218000", "073847.234000", "073847.234000", "073847.234000", "073852.218000", "073852.234000", "073852.234000", "073852.234000", "073857.218000", "073857.234000", "073857.234000", "073857.234000", "073857.234000", "073902.218000", "073902.234000", "073902.234000", "073902.234000", "073906.937000", "073906.937000", "073906.953000", "073906.953000", "073906.953000"], "InstanceCreationTime": ["072825.609000", "072832.218000", "072832.234000", "072832.234000", "072832.234000", "072832.250000", "072837.218000", "072837.234000", "072837.234000", "072837.234000", "072842.218000", "072842.234000", "072842.234000", "072842.234000", "072842.234000", "072847.218000", "072847.234000", "072847.234000", "072847.234000", "072852.218000", "072852.234000", "072852.234000", "072852.234000", "072857.218000", "072857.234000", "072857.234000", "072857.234000", "072902.218000", "072902.234000", "072902.234000", "072902.234000", "072907.218000", "072907.234000", "072907.234000", "072907.234000", "072912.218000", "072912.234000", "072912.234000", "072912.234000", "072917.218000", "072917.234000", "072917.234000", "072917.234000", "072922.218000", "072922.234000", "072922.234000", "072922.234000", "072927.218000", "072927.234000", "072927.234000", "072927.234000", "072932.218000", "072932.234000", "072932.234000", "072932.234000", "072937.218000", "072937.234000", "072937.234000", "072937.234000", "072942.218000", "072942.234000", "072942.234000", "072947.218000", "072947.234000", "072947.234000", "072947.234000", "072952.218000", "072952.234000", "072952.234000", "072952.234000", "072952.234000", "072957.218000", "072957.234000", "072957.234000", "073002.218000", "073002.234000", "073002.234000", "073002.250000", "073002.250000", "073007.218000", "073007.234000", "073007.234000", "073007.234000", "073012.218000", "073012.234000", "073012.234000", "073017.218000", "073017.234000", "073017.234000", "073017.234000", "073022.218000", "073022.234000", "073022.234000", "073022.234000", "073027.218000", "073027.234000", "073027.234000", "073027.250000", "073032.218000", "073032.234000", "073032.234000", "073032.234000", "073037.218000", "073037.234000", "073037.234000", "073042.218000", "073042.234000", "073042.234000", "073042.234000", "073047.218000", "073047.234000", "073047.234000", "073047.234000", "073052.218000", "073052.234000", "073052.234000", "073052.234000", "073052.234000", "073057.218000", "073057.234000", "073057.234000", "073057.234000", "073102.218000", "073102.234000", "073102.234000", "073102.234000", "073107.218000", "073107.234000", "073107.234000", "073112.218000", "073112.234000", "073112.234000", "073112.234000", "073117.218000", "073117.234000", "073117.234000", "073117.234000", "073122.218000", "073122.234000", "073122.234000", "073122.234000", "073127.218000", "073127.234000", "073127.234000", "073127.250000", "073132.218000", "073132.234000", "073132.250000", "073132.250000", "073137.218000", "073137.234000", "073137.234000", "073137.234000", "073137.234000", "073142.218000", "073142.234000", "073142.234000", "073142.234000", "073147.218000", "073147.234000", "073147.234000", "073147.234000", "073152.218000", "073152.234000", "073152.234000", "073152.234000", "073157.218000", "073157.234000", "073157.234000", "073157.234000", "073202.218000", "073202.234000", "073202.234000", "073202.234000", "073207.218000", "073207.234000", "073207.234000", "073207.234000", "073212.218000", "073212.234000", "073212.234000", "073212.234000", "073217.218000", "073217.234000", "073217.234000", "073217.234000", "073222.218000", "073222.234000", "073222.234000", "073222.234000", "073227.218000", "073227.234000", "073227.234000", "073227.234000", "073232.218000", "073232.234000", "073232.234000", "073232.234000", "073237.218000", "073237.234000", "073237.234000", "073237.234000", "073242.218000", "073242.234000", "073242.234000", "073242.234000", "073247.218000", "073247.234000", "073247.234000", "073247.234000", "073252.218000", "073252.234000", "073252.234000", "073252.234000", "073257.218000", "073257.234000", "073257.234000", "073257.234000", "073302.218000", "073302.234000", "073302.234000", "073302.234000", "073307.218000", "073307.234000", "073307.234000", "073307.234000", "073312.218000", "073312.234000", "073312.234000", "073312.234000", "073317.218000", "073317.234000", "073317.234000", "073317.234000", "073327.218000", "073327.234000", "073327.234000", "073327.250000", "073327.250000", "073327.250000", "073327.250000", "073327.265000", "073332.218000", "073332.234000", "073332.234000", "073332.234000", "073332.234000", "073337.218000", "073337.234000", "073337.234000", "073342.218000", "073342.234000", "073342.234000", "073342.234000", "073347.218000", "073347.234000", "073347.234000", "073347.234000", "073352.218000", "073352.234000", "073352.234000", "073352.234000", "073357.218000", "073357.234000", "073357.234000", "073357.234000", "073402.218000", "073402.234000", "073402.234000", "073402.234000", "073407.218000", "073407.234000", "073407.234000", "073407.250000", "073412.218000", "073412.234000", "073412.234000", "073412.234000", "073417.218000", "073417.234000", "073417.234000", "073417.234000", "073422.218000", "073422.234000", "073422.234000", "073427.218000", "073427.234000", "073427.234000", "073427.234000", "073432.218000", "073432.234000", "073432.234000", "073432.234000", "073437.218000", "073437.234000", "073437.234000", "073437.234000", "073442.218000", "073442.234000", "073442.234000", "073442.234000", "073447.218000", "073447.234000", "073447.234000", "073447.234000", "073452.218000", "073452.234000", "073452.234000", "073452.250000", "073457.218000", "073457.234000", "073457.234000", "073502.218000", "073502.234000", "073502.234000", "073502.234000", "073507.218000", "073507.234000", "073507.234000", "073507.234000", "073507.234000", "073512.218000", "073512.234000", "073512.234000", "073512.234000", "073517.218000", "073517.234000", "073517.234000", "073517.234000", "073522.218000", "073522.234000", "073522.234000", "073522.250000", "073527.218000", "073527.234000", "073527.234000", "073527.234000", "073532.218000", "073532.234000", "073532.234000", "073532.250000", "073537.218000", "073537.234000", "073537.234000", "073537.234000", "073542.234000", "073542.234000", "073542.250000", "073542.265000", "073547.218000", "073547.234000", "073547.234000", "073547.234000", "073552.218000", "073552.234000", "073552.234000", "073552.234000", "073557.218000", "073557.234000", "073557.234000", "073557.234000", "073602.218000", "073602.234000", "073602.234000", "073602.234000", "073607.218000", "073607.234000", "073607.234000", "073607.250000", "073612.218000", "073612.234000", "073612.234000", "073612.234000", "073617.218000", "073617.234000", "073617.234000", "073617.234000", "073622.218000", "073622.234000", "073622.234000", "073622.234000", "073627.218000", "073627.234000", "073627.234000", "073627.234000", "073632.218000", "073632.234000", "073632.234000", "073632.234000", "073637.218000", "073637.234000", "073637.234000", "073637.234000", "073642.218000", "073642.234000", "073642.234000", "073642.234000", "073647.218000", "073647.234000", "073647.234000", "073647.234000", "073652.218000", "073652.234000", "073652.234000", "073652.234000", "073657.218000", "073657.234000", "073657.234000", "073657.250000", "073702.234000", "073702.234000", "073702.250000", "073702.250000", "073707.218000", "073707.234000", "073707.234000", "073707.234000", "073712.218000", "073712.234000", "073712.234000", "073712.234000", "073712.234000", "073717.218000", "073717.234000", "073717.234000", "073717.234000", "073722.218000", "073722.234000", "073722.234000", "073722.234000", "073727.218000", "073727.234000", "073727.234000", "073727.234000", "073732.218000", "073732.234000", "073732.234000", "073737.218000", "073737.234000", "073737.234000", "073737.234000", "073742.218000", "073742.234000", "073742.234000", "073742.234000", "073747.218000", "073747.234000", "073747.234000", "073747.234000", "073752.234000", "073752.234000", "073752.234000", "073752.234000", "073757.218000", "073757.234000", "073757.234000", "073757.234000", "073802.218000", "073802.234000", "073802.234000", "073802.234000", "073807.218000", "073807.234000", "073807.234000", "073807.234000", "073812.218000", "073812.234000", "073812.234000", "073812.234000", "073817.218000", "073817.234000", "073817.234000", "073817.234000", "073822.218000", "073822.234000", "073822.234000", "073822.234000", "073822.234000", "073827.218000", "073827.234000", "073827.234000", "073827.234000", "073827.234000", "073832.218000", "073832.234000", "073832.234000", "073832.234000", "073837.218000", "073837.234000", "073837.234000", "073837.234000", "073842.218000", "073842.234000", "073842.234000", "073842.234000", "073842.250000", "073847.218000", "073847.234000", "073847.234000", "073847.234000", "073852.218000", "073852.234000", "073852.234000", "073852.234000", "073857.218000", "073857.234000", "073857.234000", "073857.234000", "073857.234000", "073902.218000", "073902.234000", "073902.234000", "073902.234000", "073906.937000", "073906.937000", "073906.953000", "073906.953000", "073906.953000"], "InstanceNumber": [1, 2, 3, 4, 5, 6, 7, 8, 9, 10, 11, 12, 13, 14, 15, 16, 17, 18, 19, 20, 21, 22, 23, 24, 25, 26, 27, 28, 29, 30, 31, 32, 33, 34, 35, 36, 37, 38, 39, 40, 41, 42, 43, 44, 45, 46, 47, 48, 49, 50, 51, 52, 53, 54, 55, 56, 57, 58, 59, 60, 61, 62, 63, 64, 65, 66, 67, 68, 69, 70, 71, 72, 73, 74, 75, 76, 77, 78, 79, 80, 81, 82, 83, 84, 85, 86, 87, 88, 89, 90, 91, 92, 93, 94, 95, 96, 97, 98, 99, 100, 101, 102, 103, 104, 105, 106, 107, 108, 109, 110, 111, 112, 113, 114, 115, 116, 117, 118, 119, 120, 121, 122, 123, 124, 125, 126, 127, 128, 129, 130, 131, 132, 133, 134, 135, 136, 137, 138, 139, 140, 141, 142, 143, 144, 145, 146, 147, 148, 149, 150, 151, 152, 153, 154, 155, 156, 157, 158, 159, 160, 161, 162, 163, 164, 165, 166, 167, 168, 169, 170, 171, 172, 173, 174, 175, 176, 177, 178, 179, 180, 181, 182, 183, 184, 185, 186, 187, 188, 189, 190, 191, 192, 193, 194, 195, 196, 197, 198, 199, 200, 201, 202, 203, 204, 205, 206, 207, 208, 209, 210, 211, 212, 213, 214, 215, 216, 217, 218, 219, 220, 221, 222, 223, 224, 225, 226, 227, 228, 229, 230, 231, 232, 233, 234, 235, 236, 237, 238, 239, 240, 241, 242, 243, 244, 245, 246, 247, 248, 249, 250, 251, 252, 253, 254, 255, 256, 257, 258, 259, 260, 261, 262, 263, 264, 265, 266, 267, 268, 269, 270, 271, 272, 273, 274, 275, 276, 277, 278, 279, 280, 281, 282, 283, 284, 285, 286, 287, 288, 289, 290, 291, 292, 293, 294, 295, 296, 297, 298, 299, 300, 301, 302, 303, 304, 305, 306, 307, 308, 309, 310, 311, 312, 313, 314, 315, 316, 317, 318, 319, 320, 321, 322, 323, 324, 325, 326, 327, 328, 329, 330, 331, 332, 333, 334, 335, 336, 337, 338, 339, 340, 341, 342, 343, 344, 345, 346, 347, 348, 349, 350, 351, 352, 353, 354, 355, 356, 357, 358, 359, 360, 361, 362, 363, 364, 365, 366, 367, 368, 369, 370, 371, 372, 373, 374, 375, 376, 377, 378, 379, 380, 381, 382, 383, 384, 385, 386, 387, 388, 389, 390, 391, 392, 393, 394, 395, 396, 397, 398, 399, 400, 401, 402, 403, 404, 405, 406, 407, 408, 409, 410, 411, 412, 413, 414, 415, 416, 417, 418, 419, 420, 421, 422, 423, 424, 425, 426, 427, 428, 429, 430, 431, 432, 433, 434, 435, 436, 437, 438, 439, 440, 441, 442, 443, 444, 445, 446, 447, 448, 449, 450, 451, 452, 453, 454, 455, 456, 457, 458, 459, 460, 461, 462, 463, 464, 465, 466, 467, 468, 469, 470, 471, 472, 473, 474, 475, 476, 477, 478, 479, 480, 481, 482, 483, 484, 485, 486, 487, 488, 489, 490, 491, 492, 493, 494, 495, 496, 497, 498, 499, 500, 501, 502, 503, 504, 505, 506, 507, 508, 509, 510, 511, 512, 513, 514, 515, 516, 517, 518], "LargestImagePixelValue": [22539, 22343, 22535, 21843, 22891, 21743, 21870, 21877, 22907, 22658, 21938, 21851, 21886, 21699, 21833, 21994, 22617, 22163, 23083, 21688, 21908, 21812, 22329, 21907, 21930, 21902, 22005, 22488, 22804, 22125, 22175, 21881, 21891, 22278, 22432, 21992, 21851, 22061, 22556, 22487, 21968, 21949, 22035, 22601, 22112, 22002, 23546, 22001, 22597, 22463, 22165, 23225, 21921, 22504, 22177, 22106, 23435, 22363, 22460, 23135, 22154, 22046, 22610, 22226, 22528, 22374, 22166, 22014, 22031, 22212, 22554, 22197, 22164, 22205, 22026, 22476, 22608, 22841, 22284, 22084, 22309, 22115, 24120, 22314, 23599, 22319, 23450, 22523, 22316, 22336, 22620, 22341, 22236, 22357, 22652, 22363, 22290, 22292, 22467, 22360, 22533, 22239, 22311, 22547, 22639, 22239, 22462, 23286, 22545, 22256, 23142, 22353, 22517, 22588, 22293, 22418, 22390, 22001, 22416, 22372, 22404, 21908, 22490, 22116, 22405, 22354, 22389, 22336, 22457, 22213, 22318, 22265, 22579, 22087, 22289, 22405, 22351, 22343, 22207, 22108, 22202, 22200, 22582, 22241, 22389, 22261, 22379, 22389, 22438, 22280, 22021, 22192, 22480, 22446, 22293, 22115, 22108, 22208, 22467, 22613, 22073, 22320, 22278, 22444, 22253, 22315, 22363, 22185, 22340, 22257, 22254, 22258, 22163, 22266, 22312, 22225, 22218, 22176, 22087, 22950, 22227, 22333, 22165, 23603, 22353, 22027, 22241, 22277, 22275, 22217, 22362, 22525, 22425, 22266, 22397, 22254, 22441, 22096, 22404, 22645, 22313, 22247, 22373, 22421, 22499, 22474, 22452, 22719, 22272, 22493, 22766, 22433, 22191, 22565, 22280, 22191, 22498, 24663, 22492, 22385, 22490, 22147, 22496, 22095, 22095, 22393, 22372, 22180, 22316, 22190, 22444, 22404, 22174, 22237, 23515, 22390, 22306, 22251, 22315, 22508, 22251, 22525, 22228, 22166, 22505, 22671, 22172, 22339, 22328, 22327, 22434, 22518, 22036, 22084, 22349, 22289, 22527, 22285, 23143, 22234, 22284, 22375, 22790, 22398, 22276, 22321, 22462, 22324, 24055, 24415, 22356, 22476, 23340, 22175, 23046, 23003, 22385, 22444, 22291, 22340, 22249, 22323, 22239, 22220, 22078, 22910, 22486, 22152, 22306, 22082, 22942, 22439, 22372, 22393, 22205, 22410, 22410, 22646, 22345, 22247, 22636, 22335, 22355, 22227, 24506, 22530, 22480, 22294, 22529, 22416, 22369, 22206, 22426, 22213, 22300, 22259, 22461, 24220, 22074, 24290, 22506, 22130, 23281, 22379, 22233, 22369, 22232, 22261, 22372, 22234, 22261, 22278, 25122, 22072, 22578, 22398, 22559, 22386, 22138, 23813, 22750, 22273, 23740, 22283, 22450, 21998, 22338, 22315, 22073, 21995, 24221, 22304, 22310, 22189, 22549, 22293, 22297, 22813, 22330, 22238, 22435, 22294, 22287, 22130, 22424, 22341, 22404, 23371, 23070, 22256, 22329, 22274, 22524, 22122, 22367, 22461, 22279, 22434, 22553, 22318, 22026, 22594, 22329, 22766, 23797, 22676, 22229, 22320, 22479, 22695, 22564, 22260, 22435, 22219, 22475, 23925, 22454, 22470, 22304, 22562, 22281, 22454, 25121, 22533, 22271, 22403, 22215, 22316, 22434, 22394, 22329, 22330, 22230, 22328, 22424, 22151, 22203, 22292, 23316, 22268, 22601, 22284, 22279, 22639, 22385, 22483, 22341, 22155, 22154, 22326, 22401, 22428, 22441, 22347, 22399, 22716, 22365, 23284, 22452, 22414, 23074, 22307, 23788, 22409, 22312, 22412, 22231, 23640, 22243, 22439, 22338, 22494, 22432, 22203, 22476, 22041, 22287, 22331, 22246, 22205, 24255, 22325, 22322, 22117, 22252, 22525, 22628, 22235, 22134, 22380, 23169, 22644, 22464, 22183, 22384, 21911, 22111, 22472, 22643, 22196, 22623, 22285, 23364, 22242, 22488, 22629, 22662, 22216, 22293, 22231, 22670, 22254, 22325, 22794, 22382, 22391, 22835, 22485, 22116, 22330, 22143, 22282, 22093, 22140, 22250, 22097, 22123, 22454, 22131, 22391, 22227, 22309, 22130, 22275, 22179, 22376, 22303, 22162], "WindowCenter": [9478.0, 9491.0, 9493.0, 9488.0, 9503.0, 9499.0, 9496.0, 9479.0, 9490.0, 9502.0, 9500.0, 9509.0, 9512.0, 9507.0, 9489.0, 9482.0, 9498.0, 9504.0, 9511.0, 9513.0, 9504.0, 9514.0, 9518.0, 9503.0, 9504.0, 9496.0, 9504.0, 9487.0, 9499.0, 9508.0, 9492.0, 9485.0, 9508.0, 9506.0, 9507.0, 9490.0, 9512.0, 9500.0, 9504.0, 9505.0, 9501.0, 9510.0, 9507.0, 9491.0, 9477.0, 9492.0, 9516.0, 9495.0, 9493.0, 9496.0, 9503.0, 9509.0, 9495.0, 9484.0, 9486.0, 9485.0, 9510.0, 9473.0, 9483.0, 9481.0, 9475.0, 9496.0, 9495.0, 9487.0, 9491.0, 9482.0, 9493.0, 9494.0, 9492.0, 9481.0, 9477.0, 9491.0, 9477.0, 9483.0, 9471.0, 9479.0, 9492.0, 9499.0, 9492.0, 9475.0, 9479.0, 9474.0, 9482.0, 9473.0, 9484.0, 9482.0, 9478.0, 9497.0, 9479.0, 9489.0, 9489.0, 9478.0, 9471.0, 9493.0, 9483.0, 9481.0, 9487.0, 9488.0, 9484.0, 9496.0, 9486.0, 9486.0, 9483.0, 9498.0, 9481.0, 9488.0, 9497.0, 9484.0, 9475.0, 9483.0, 9488.0, 9502.0, 9497.0, 9483.0, 9486.0, 9493.0, 9504.0, 9494.0, 9491.0, 9478.0, 9472.0, 9490.0, 9493.0, 9496.0, 9485.0, 9488.0, 9487.0, 9479.0, 9483.0, 9475.0, 9475.0, 9463.0, 9476.0, 9486.0, 9488.0, 9490.0, 9481.0, 9474.0, 9480.0, 9484.0, 9493.0, 9481.0, 9479.0, 9480.0, 9480.0, 9477.0, 9475.0, 9468.0, 9463.0, 9491.0, 9495.0, 9509.0, 9517.0, 9501.0, 9493.0, 9495.0, 9502.0, 9481.0, 9476.0, 9477.0, 9470.0, 9475.0, 9462.0, 9472.0, 9450.0, 9466.0, 9480.0, 9468.0, 9476.0, 9469.0, 9463.0, 9471.0, 9463.0, 9465.0, 9462.0, 9462.0, 9467.0, 9466.0, 9466.0, 9479.0, 9453.0, 9474.0, 9470.0, 9474.0, 9489.0, 9483.0, 9477.0, 9481.0, 9494.0, 9503.0, 9486.0, 9488.0, 9500.0, 9484.0, 9483.0, 9473.0, 9487.0, 9507.0, 9502.0, 9485.0, 9474.0, 9468.0, 9477.0, 9476.0, 9459.0, 9466.0, 9473.0, 9483.0, 9487.0, 9482.0, 9469.0, 9482.0, 9491.0, 9486.0, 9481.0, 9488.0, 9504.0, 9488.0, 9493.0, 9492.0, 9481.0, 9475.0, 9478.0, 9472.0, 9475.0, 9468.0, 9477.0, 9469.0, 9467.0, 9474.0, 9464.0, 9464.0, 9463.0, 9470.0, 9491.0, 9480.0, 9474.0, 9470.0, 9464.0, 9470.0, 9464.0, 9463.0, 9459.0, 9462.0, 9458.0, 9456.0, 9466.0, 9458.0, 9461.0, 9461.0, 9468.0, 9450.0, 9456.0, 9445.0, 9467.0, 9448.0, 9443.0, 9456.0, 9460.0, 9465.0, 9451.0, 9465.0, 9457.0, 9484.0, 9480.0, 9468.0, 9462.0, 9464.0, 9476.0, 9472.0, 9477.0, 9469.0, 9456.0, 9460.0, 9462.0, 9478.0, 9450.0, 9451.0, 9472.0, 9470.0, 9479.0, 9484.0, 9475.0, 9472.0, 9470.0, 9478.0, 9468.0, 9472.0, 9485.0, 9470.0, 9454.0, 9455.0, 9457.0, 9445.0, 9440.0, 9464.0, 9456.0, 9452.0, 9446.0, 9468.0, 9474.0, 9470.0, 9463.0, 9453.0, 9474.0, 9461.0, 9461.0, 9472.0, 9468.0, 9486.0, 9476.0, 9462.0, 9472.0, 9465.0, 9485.0, 9469.0, 9464.0, 9482.0, 9468.0, 9470.0, 9449.0, 9454.0, 9471.0, 9459.0, 9462.0, 9465.0, 9466.0, 9460.0, 9465.0, 9458.0, 9470.0, 9474.0, 9497.0, 9474.0, 9476.0, 9463.0, 9468.0, 9465.0, 9462.0, 9472.0, 9465.0, 9472.0, 9494.0, 9480.0, 9476.0, 9469.0, 9481.0, 9474.0, 9463.0, 9485.0, 9501.0, 9483.0, 9498.0, 9471.0, 9477.0, 9446.0, 9456.0, 9445.0, 9445.0, 9455.0, 9448.0, 9443.0, 9443.0, 9443.0, 9459.0, 9454.0, 9451.0, 9441.0, 9432.0, 9446.0, 9447.0, 9465.0, 9458.0, 9464.0, 9449.0, 9443.0, 9440.0, 9439.0, 9441.0, 9443.0, 9446.0, 9461.0, 9454.0, 9471.0, 9485.0, 9481.0, 9467.0, 9473.0, 9445.0, 9446.0, 9456.0, 9456.0, 9459.0, 9460.0, 9461.0, 9474.0, 9467.0, 9496.0, 9492.0, 9488.0, 9470.0, 9461.0, 9470.0, 9445.0, 9446.0, 9437.0, 9443.0, 9442.0, 9440.0, 9444.0, 9449.0, 9451.0, 9432.0, 9437.0, 9427.0, 9438.0, 9452.0, 9459.0, 9463.0, 9449.0, 9449.0, 9444.0, 9460.0, 9462.0, 9448.0, 9460.0, 9454.0, 9456.0, 9464.0, 9472.0, 9479.0, 9459.0, 9461.0, 9463.0, 9469.0, 9473.0, 9457.0, 9461.0, 9449.0, 9474.0, 9466.0, 9469.0, 9488.0, 9478.0, 9472.0, 9486.0, 9480.0, 9475.0, 9470.0, 9468.0, 9463.0, 9463.0, 9456.0, 9448.0, 9433.0, 9452.0, 9448.0, 9465.0, 9457.0, 9446.0, 9462.0, 9451.0, 9463.0, 9469.0, 9448.0, 9443.0, 9455.0, 9453.0, 9461.0, 9458.0, 9464.0, 9458.0, 9448.0, 9471.0, 9467.0, 9452.0, 9461.0, 9477.0, 9479.0, 9473.0, 9495.0, 9482.0, 9472.0, 9472.0, 9463.0, 9452.0, 9449.0, 9459.0, 9464.0, 9454.0, 9431.0, 9433.0, 9454.0, 9457.0, 9471.0, 9465.0, 9471.0, 9479.0, 9462.0, 9453.0, 9440.0, 9451.0, 9469.0, 9446.0, 9439.0, 9441.0, 9441.0, 9440.0, 9425.0, 9432.0, 9436.0, 9430.0, 9446.0, 9431.0, 9439.0, 9457.0, 9449.0, 9453.0], "WindowWidth": [20011.0, 20033.0, 20037.0, 20021.0, 20052.0, 20046.0, 20039.0, 20007.0, 20029.0, 20056.0, 20050.0, 20069.0, 20074.0, 20063.0, 20028.0, 20015.0, 20047.0, 20055.0, 20070.0, 20077.0, 20059.0, 20079.0, 20086.0, 20055.0, 20056.0, 20042.0, 20053.0, 20026.0, 20048.0, 20060.0, 20035.0, 20024.0, 20064.0, 20063.0, 20062.0, 20031.0, 20074.0, 20053.0, 20059.0, 20056.0, 20052.0, 20068.0, 20063.0, 20034.0, 20005.0, 20031.0, 20075.0, 20039.0, 20039.0, 20040.0, 20054.0, 20065.0, 20040.0, 20022.0, 20022.0, 20018.0, 20064.0, 19995.0, 20013.0, 20008.0, 19998.0, 20040.0, 20036.0, 20023.0, 20033.0, 20013.0, 20036.0, 20038.0, 20033.0, 20012.0, 20004.0, 20026.0, 20002.0, 20012.0, 19988.0, 20010.0, 20030.0, 20044.0, 20033.0, 20000.0, 20003.0, 19994.0, 20007.0, 19990.0, 20009.0, 20010.0, 20003.0, 20045.0, 20009.0, 20025.0, 20025.0, 20001.0, 19988.0, 20031.0, 20014.0, 20007.0, 20019.0, 20023.0, 20020.0, 20038.0, 20017.0, 20021.0, 20014.0, 20043.0, 20007.0, 20018.0, 20036.0, 20013.0, 20002.0, 20014.0, 20020.0, 20048.0, 20045.0, 20019.0, 20021.0, 20034.0, 20055.0, 20035.0, 20031.0, 20005.0, 19992.0, 20026.0, 20031.0, 20034.0, 20015.0, 20021.0, 20017.0, 20005.0, 20011.0, 19994.0, 19992.0, 19973.0, 19995.0, 20019.0, 20022.0, 20021.0, 20007.0, 19993.0, 20002.0, 20016.0, 20031.0, 20007.0, 20005.0, 20005.0, 20003.0, 19999.0, 19993.0, 19980.0, 19976.0, 20023.0, 20038.0, 20066.0, 20083.0, 20051.0, 20029.0, 20034.0, 20047.0, 20009.0, 19998.0, 19998.0, 19986.0, 19992.0, 19966.0, 19986.0, 19942.0, 19975.0, 20005.0, 19980.0, 19994.0, 19984.0, 19971.0, 19984.0, 19972.0, 19974.0, 19966.0, 19967.0, 19977.0, 19976.0, 19980.0, 19998.0, 19951.0, 19988.0, 19982.0, 19989.0, 20018.0, 20007.0, 19996.0, 20004.0, 20035.0, 20054.0, 20024.0, 20022.0, 20040.0, 20010.0, 20011.0, 19991.0, 20014.0, 20059.0, 20051.0, 20020.0, 19993.0, 19979.0, 19993.0, 19993.0, 19959.0, 19973.0, 19990.0, 20008.0, 20020.0, 20008.0, 19981.0, 20007.0, 20025.0, 20020.0, 20009.0, 20020.0, 20052.0, 20023.0, 20034.0, 20031.0, 20006.0, 19993.0, 19999.0, 19989.0, 19994.0, 19982.0, 19995.0, 19979.0, 19978.0, 19988.0, 19970.0, 19972.0, 19970.0, 19983.0, 20024.0, 20004.0, 19991.0, 19985.0, 19971.0, 19976.0, 19964.0, 19964.0, 19954.0, 19960.0, 19951.0, 19952.0, 19971.0, 19953.0, 19958.0, 19960.0, 19969.0, 19934.0, 19945.0, 19928.0, 19972.0, 19944.0, 19928.0, 19949.0, 19959.0, 19968.0, 19942.0, 19968.0, 19955.0, 20008.0, 20002.0, 19976.0, 19966.0, 19967.0, 19990.0, 19986.0, 19992.0, 19977.0, 19952.0, 19956.0, 19960.0, 19990.0, 19937.0, 19942.0, 19988.0, 19988.0, 20002.0, 20009.0, 19992.0, 19986.0, 19977.0, 19996.0, 19983.0, 19987.0, 20009.0, 19983.0, 19949.0, 19951.0, 19956.0, 19930.0, 19920.0, 19964.0, 19947.0, 19938.0, 19930.0, 19976.0, 19990.0, 19981.0, 19969.0, 19949.0, 19983.0, 19965.0, 19964.0, 19986.0, 19983.0, 20014.0, 19990.0, 19965.0, 19988.0, 19973.0, 20008.0, 19980.0, 19971.0, 20000.0, 19974.0, 19973.0, 19940.0, 19948.0, 19981.0, 19961.0, 19962.0, 19972.0, 19971.0, 19960.0, 19970.0, 19957.0, 19978.0, 19990.0, 20032.0, 19990.0, 19994.0, 19967.0, 19976.0, 19973.0, 19967.0, 19984.0, 19969.0, 19987.0, 20027.0, 20007.0, 19995.0, 19980.0, 20001.0, 19990.0, 19971.0, 20012.0, 20045.0, 20012.0, 20037.0, 19986.0, 19994.0, 19933.0, 19949.0, 19927.0, 19925.0, 19945.0, 19931.0, 19921.0, 19920.0, 19923.0, 19950.0, 19941.0, 19936.0, 19917.0, 19901.0, 19927.0, 19934.0, 19968.0, 19955.0, 19967.0, 19936.0, 19923.0, 19920.0, 19915.0, 19917.0, 19923.0, 19930.0, 19958.0, 19951.0, 19990.0, 20012.0, 20003.0, 19975.0, 19984.0, 19931.0, 19935.0, 19948.0, 19951.0, 19959.0, 19961.0, 19966.0, 19985.0, 19976.0, 20036.0, 20029.0, 20019.0, 19981.0, 19965.0, 19973.0, 19926.0, 19927.0, 19908.0, 19916.0, 19918.0, 19915.0, 19924.0, 19934.0, 19937.0, 19900.0, 19907.0, 19889.0, 19910.0, 19942.0, 19956.0, 19961.0, 19937.0, 19938.0, 19925.0, 19955.0, 19964.0, 19936.0, 19960.0, 19947.0, 19950.0, 19967.0, 19983.0, 19995.0, 19958.0, 19958.0, 19965.0, 19977.0, 19980.0, 19955.0, 19959.0, 19934.0, 19985.0, 19975.0, 19982.0, 20020.0, 19996.0, 19987.0, 20012.0, 19998.0, 19988.0, 19979.0, 19973.0, 19962.0, 19963.0, 19950.0, 19935.0, 19905.0, 19940.0, 19934.0, 19969.0, 19951.0, 19930.0, 19956.0, 19935.0, 19963.0, 19976.0, 19935.0, 19929.0, 19946.0, 19942.0, 19960.0, 19954.0, 19968.0, 19953.0, 19935.0, 19981.0, 19972.0, 19942.0, 19959.0, 20002.0, 20000.0, 19991.0, 20033.0, 20006.0, 19984.0, 19980.0, 19963.0, 19937.0, 19933.0, 19956.0, 19965.0, 19946.0, 19899.0, 19900.0, 19945.0, 19951.0, 19978.0, 19967.0, 19982.0, 19998.0, 19966.0, 19946.0, 19920.0, 19942.0, 19975.0, 19932.0, 19916.0, 19917.0, 19915.0, 19910.0, 19881.0, 19898.0, 19903.0, 19893.0, 19924.0, 19898.0, 19912.0, 19946.0, 19937.0, 19940.0]}, "slices": {}}}