{"AcquisitionMatrixPE": 128, "AcquisitionNumber": 1, "AcquisitionTime": "07:48:59.022500", "BandwidthPerPixelPhaseEncode": 20.292, "BaseResolution": 128, "BodyPartExamined": "BRAIN", "ConsistencyInfo": "N4_VD11D_LATEST_20110129", "ConversionSoftware": "dcm2niix", "ConversionSoftwareVersion": "v1.0.20210317", "DerivedVendorReportedEchoSpacing": 0.000770008, "DeviceSerialNumber": "45239", "DiffusionScheme": "Monopolar", "DwellTime": 2.4e-06, "EchoTime": 0.092, "EchoTrainLength": 51, "EffectiveEchoSpacing": 0.000385004, "FlipAngle": 90, "ImageComments": "Unaliased MB3/PE3", "ImageOrientationPatientDICOM": [1, -1e-16, 0, 1e-16, 1, 0], "ImageType": ["ORIGINAL", "PRIMARY", "DIFFUSION", "NONE", "ND", "NORM", "MOSAIC"], "ImagingFrequency": 123.193, "InPlanePhaseEncodingDirectionDICOM": "ROW", "InstitutionAddress": "E 24th St. 100,Austin,Southmiddle,US,78712", "InstitutionName": "Univ of Texas at Austin", "InstitutionalDepartmentName": "IRC", "MRAcquisitionType": "2D", "MagneticFieldStrength": 3, "Manufacturer": "Siemens", "ManufacturersModelName": "Skyra", "Modality": "MR", "MultibandAccelerationFactor": 3, "ParallelReductionFactorInPlane": 2, "PartialFourier": 0.75, "PatientPosition": "HFS", "PercentPhaseFOV": 100, "PercentSampling": 100, "PhaseEncodingDirection": "i-", "PhaseEncodingSteps": 102, "PhaseResolution": 1, "PixelBandwidth": 1630, "ProcedureStepDescription": "Poldrack2^self-scanning", "ProtocolName": "MBEPI with MDDW L-R", "PulseSequenceDetails": "%CustomerSeq%\\cmrr_mbep2d_diff", "ReceiveCoilActiveElements": "HEA;HEP", "ReceiveCoilName": "Head_32", "ReconMatrixPE": 128, "RefLinesPE": 76, "RepetitionTime": 5, "SAR": 0.125368, "ScanOptions": "PFP\\FS", "ScanningSequence": "EP", "SequenceName": "ep_b5#1", "SequenceVariant": "SK", "SeriesDescription": "MBEPI with MDDW L-R", "SeriesNumber": 16, "ShimSetting": [-2772, 8034, -15495, 205, -222, 113, 265, -99], "SliceThickness": 1.7, "SliceTiming": [0, 3.64, 2.2975, 0.9575, 4.5975, 3.255, 1.915, 0.575, 4.2125, 2.8725, 1.5325, 0.1925, 3.83, 2.49, 1.15, 4.7875, 3.4475, 2.1075, 0.7675, 4.405, 3.065, 1.725, 0.3825, 4.0225, 2.6825, 1.34, 0, 3.64, 2.2975, 0.9575, 4.5975, 3.255, 1.915, 0.575, 4.2125, 2.8725, 1.5325, 0.1925, 3.83, 2.49, 1.15, 4.7875, 3.4475, 2.1075, 0.7675, 4.405, 3.065, 1.725, 0.3825, 4.0225, 2.6825, 1.34, 0, 3.64, 2.2975, 0.9575, 4.5975, 3.255, 1.915, 0.575, 4.2125, 2.8725, 1.5325, 0.1925, 3.83, 2.49, 1.15, 4.7875, 3.4475, 2.1075, 0.7675, 4.405, 3.065, 1.725, 0.3825, 4.0225, 2.6825, 1.34], "SoftwareVersions": "syngo MR D11", "SpacingBetweenSlices": 1.7, "StationName": "AWP45239", "TotalReadoutTime": 0.0488955, "TxRefAmp": 329.068, "WipMemBlock": "56a7221f-c01b-447a-baae-75586e0fbe09||Sequence: VD11D r195; Nov 21 2012 15:37:02 by eja", "dcmmeta_affine": [[-1.7421875, 1.7421875567777916e-16, 0.0, 111.5], [1.7421875567777916e-16, 1.7421875, 0.0, -120.04837036132812], [0.0, 0.0, 1.7000000476837158, -32.157020568847656], [0.0, 0.0, 0.0, 1.0]], "dcmmeta_reorient_transform": [[0.0, -1.0, 0.0, 127.0], [1.0, 0.0, 0.0, 0.0], [0.0, 0.0, 1.0, 0.0], [0.0, 0.0, 0.0, 1.0]], "dcmmeta_shape": [128, 128, 78, 64], "dcmmeta_slice_dim": 2, "dcmmeta_version": 0.6, "global": {"const": {"AcquisitionMatrix": [0, 128, 128, 0], "AngioFlag": "N", "BitsAllocated": 16, "BitsStored": 16, "BodyPartExamined": "BRAIN", "Columns": 1152, "EchoNumbers": 1, "EchoTime": 92.0, "EchoTrainLength": 51, "FlipAngle": 90.0, "HighBit": 15, "ImageOrientationPatient": [1.0, -1e-16, 0.0, 1e-16, 1.0, 0.0], "ImagePositionPatient": [-1003.5, -993.20944309235, -32.157020568848], "ImageType": ["ORIGINAL", "PRIMARY", "DIFFUSION", "NONE", "ND", "NORM", "MOSAIC"], "ImagedNucleus": "1H", "ImagingFrequency": 123.193416, "InPlanePhaseEncodingDirection": "ROW", "MRAcquisitionType": "2D", "MagneticFieldStrength": 3.0, "Manufacturer": "SIEMENS", "ManufacturerModelName": "Skyra", "Modality": "MR", "NumberOfAverages": 1.0, "NumberOfPhaseEncodingSteps": 102, "PercentPhaseFieldOfView": 100.0, "PercentSampling": 100.0, "PerformedProcedureStepStartTime": "070745.093000", "PhotometricInterpretation": "MONOCHROME2", "PixelBandwidth": 1630.0, "PixelRepresentation": 0, "PixelSpacing": [1.7421875, 1.7421875], "ProtocolName": "MBEPI with MDDW L-R", "RepetitionTime": 5000.0, "Rows": 1152, "SAR": 0.12536845557995, "SamplesPerPixel": 1, "ScanOptions": ["PFP", "FS"], "ScanningSequence": "EP", "SequenceVariant": "SK", "SeriesDescription": "MBEPI with MDDW L-R", "SeriesNumber": 16, "SeriesTime": "075030.656000", "SliceLocation": -32.157020568848, "SliceThickness": 1.7000000476837, "SmallestImagePixelValue": 0, "SoftwareVersions": "syngo MR D11", "SpacingBetweenSlices": 1.7000000198166, "SpecificCharacterSet": "ISO_IR 100", "StudyID": "1", "StudyTime": "070745.062000", "TransmitCoilName": "Body", "VariableFlipAngleFlag": "N", "WindowCenterWidthExplanation": "Algo1", "dBdt": 0.0}, "slices": {}}, "time": {"samples": {"AcquisitionNumber": [1, 2, 3, 4, 5, 6, 7, 8, 9, 10, 11, 12, 13, 14, 15, 16, 17, 18, 19, 20, 21, 22, 23, 24, 25, 26, 27, 28, 29, 30, 31, 32, 33, 34, 35, 36, 37, 38, 39, 40, 41, 42, 43, 44, 45, 46, 47, 48, 49, 50, 51, 52, 53, 54, 55, 56, 57, 58, 59, 60, 61, 62, 63, 64], "AcquisitionTime": ["074859.022500", "075029.022500", "075034.022500", "075039.022500", "075044.022500", "075049.022500", "075054.022500", "075059.022500", "075104.022500", "075109.022500", "075114.022500", "075119.022500", "075124.022500", "075129.022500", "075134.022500", "075139.022500", "075144.022500", "075149.022500", "075154.022500", "075159.022500", "075204.022500", "075209.022500", "075214.022500", "075219.022500", "075224.022500", "075229.022500", "075234.022500", "075239.022500", "075244.022500", "075249.022500", "075254.022500", "075259.022500", "075304.022500", "075309.022500", "075314.022500", "075319.022500", "075324.022500", "075329.022500", "075334.022500", "075339.022500", "075344.022500", "075349.022500", "075354.022500", "075359.022500", "075404.022500", "075409.022500", "075414.022500", "075419.022500", "075424.022500", "075429.022500", "075434.022500", "075439.022500", "075444.022500", "075449.022500", "075454.022500", "075459.022500", "075504.022500", "075509.022500", "075514.022500", "075519.022500", "075524.022500", "075529.022500", "075534.022500", "075539.022500"], "ContentTime": ["075030.656000", "075036.531000", "075041.531000", "075046.531000", "075051.531000", "075056.531000", "075101.531000", "075106.531000", "075111.531000", "075116.531000", "075121.531000", "075126.531000", "075131.531000", "075136.531000", "075141.531000", "075146.531000", "075151.531000", "075156.531000", "075201.531000", "075206.531000", "075211.531000", "075216.531000", "075221.531000", "075226.531000", "075231.531000", "075236.531000", "075241.531000", "075246.531000", "075251.531000", "075256.531000", "075301.531000", "075306.531000", "075311.531000", "075316.531000", "075321.531000", "075326.531000", "075331.531000", "075336.531000", "075341.531000", "075346.531000", "075351.531000", "075356.531000", "075401.531000", "075406.531000", "075411.531000", "075416.531000", "075421.531000", "075426.531000", "075431.531000", "075436.531000", "075441.531000", "075446.531000", "075451.531000", "075456.531000", "075501.531000", "075506.531000", "075511.531000", "075516.531000", "075521.531000", "075526.531000", "075531.531000", "075536.531000", "075541.531000", "075545.187000"], "InstanceCreationTime": ["075030.656000", "075036.531000", "075041.531000", "075046.531000", "075051.531000", "075056.531000", "075101.531000", "075106.531000", "075111.531000", "075116.531000", "075121.531000", "075126.531000", "075131.531000", "075136.531000", "075141.531000", "075146.531000", "075151.531000", "075156.531000", "075201.531000", "075206.531000", "075211.531000", "075216.531000", "075221.531000", "075226.531000", "075231.531000", "075236.531000", "075241.531000", "075246.531000", "075251.531000", "075256.531000", "075301.531000", "075306.531000", "075311.531000", "075316.531000", "075321.531000", "075326.531000", "075331.531000", "075336.531000", "075341.531000", "075346.531000", "075351.531000", "075356.531000", "075401.531000", "075406.531000", "075411.531000", "075416.531000", "075421.531000", "075426.531000", "075431.531000", "075436.531000", "075441.531000", "075446.531000", "075451.531000", "075456.531000", "075501.531000", "075506.531000", "075511.531000", "075516.531000", "075521.531000", "075526.531000", "075531.531000", "075536.531000", "075541.531000", "075545.187000"], "InstanceNumber": [1, 2, 3, 4, 5, 6, 7, 8, 9, 10, 11, 12, 13, 14, 15, 16, 17, 18, 19, 20, 21, 22, 23, 24, 25, 26, 27, 28, 29, 30, 31, 32, 33, 34, 35, 36, 37, 38, 39, 40, 41, 42, 43, 44, 45, 46, 47, 48, 49, 50, 51, 52, 53, 54, 55, 56, 57, 58, 59, 60, 61, 62, 63, 64], "LargestImagePixelValue": [65535, 24771, 24061, 25411, 20650, 20284, 21777, 21801, 25658, 23856, 21890, 19772, 24043, 23451, 25138, 24901, 65535, 22228, 20371, 23675, 22158, 26463, 25696, 22164, 20021, 20128, 21418, 25146, 23176, 24110, 22717, 23044, 65535, 13062, 13674, 15502, 10653, 10476, 11813, 11619, 14464, 13155, 10688, 10266, 12840, 12576, 12914, 14278, 65535, 11093, 10045, 12139, 12965, 14910, 14490, 10983, 9650, 9892, 11363, 15785, 13578, 12327, 11965, 12995], "SequenceName": ["ep_b5#1", "ep_b995#2", "ep_b995#3", "ep_b995#4", "ep_b995#5", "ep_b1000#6", "ep_b1000#7", "ep_b995#8", "ep_b995#9", "ep_b995#10", "ep_b1000#11", "ep_b1000#12", "ep_b1005#13", "ep_b1005#14", "ep_b1000#15", "ep_b1005#16", "ep_b5#17", "ep_b1005#18", "ep_b1000#19", "ep_b1005#20", "ep_b1005#21", "ep_b995#22", "ep_b1005#23", "ep_b1000#24", "ep_b1000#25", "ep_b1000#26", "ep_b995#27", "ep_b995#28", "ep_b995#29", "ep_b1000#30", "ep_b1005#31", "ep_b1000#32", "ep_b5#1", "ep_b1990#2", "ep_b1990#3", "ep_b1990#4", "ep_b1995#5", "ep_b1995#6", "ep_b2000#7", "ep_b1995#8", "ep_b1990#9", "ep_b1995#10", "ep_b2000#11", "ep_b2000#12", "ep_b2010#13", "ep_b2005#14", "ep_b2000#15", "ep_b2005#16", "ep_b5#17", "ep_b2005#18", "ep_b2005#19", "ep_b2005#20", "ep_b2010#21", "ep_b1990#22", "ep_b2010#23", "ep_b2000#24", "ep_b2000#25", "ep_b1995#26", "ep_b1995#27", "ep_b1995#28", "ep_b1995#29", "ep_b2000#30", "ep_b2005#31", "ep_b2000#32"], "WindowCenter": [7719.0, 3393.0, 3390.0, 3438.0, 3329.0, 3360.0, 3414.0, 3395.0, 3428.0, 3442.0, 3408.0, 3388.0, 3456.0, 3441.0, 3445.0, 3456.0, 7721.0, 3435.0, 3419.0, 3435.0, 3441.0, 3490.0, 3460.0, 3419.0, 3384.0, 3357.0, 3372.0, 3449.0, 3391.0, 3414.0, 3441.0, 3450.0, 7697.0, 2223.0, 2221.0, 2299.0, 2177.0, 2191.0, 2255.0, 2242.0, 2288.0, 2302.0, 2242.0, 2230.0, 2303.0, 2302.0, 2320.0, 2331.0, 7731.0, 2289.0, 2245.0, 2288.0, 2301.0, 2347.0, 2317.0, 2242.0, 2215.0, 2178.0, 2191.0, 2322.0, 2233.0, 2254.0, 2319.0, 2319.0], "WindowWidth": [16959.0, 7794.0, 7778.0, 7879.0, 7658.0, 7719.0, 7841.0, 7796.0, 7878.0, 7895.0, 7819.0, 7771.0, 7918.0, 7888.0, 7904.0, 7921.0, 16962.0, 7869.0, 7833.0, 7863.0, 7883.0, 7989.0, 7931.0, 7828.0, 7758.0, 7708.0, 7733.0, 7892.0, 7779.0, 7811.0, 7883.0, 7890.0, 16902.0, 5412.0, 5407.0, 5569.0, 5320.0, 5347.0, 5482.0, 5459.0, 5555.0, 5586.0, 5462.0, 5445.0, 5582.0, 5582.0, 5625.0, 5642.0, 16977.0, 5556.0, 5479.0, 5552.0, 5569.0, 5668.0, 5609.0, 5458.0, 5410.0, 5323.0, 5345.0, 5604.0, 5426.0, 5475.0, 5620.0, 5619.0]}, "slices": {}}}