{"AcquisitionMatrixPE": 128, "AcquisitionNumber": 1, "AcquisitionTime": "07:41:23.917500", "BandwidthPerPixelPhaseEncode": 20.292, "BaseResolution": 128, "BodyPartExamined": "BRAIN", "ConsistencyInfo": "N4_VD11D_LATEST_20110129", "ConversionSoftware": "dcm2niix", "ConversionSoftwareVersion": "v1.0.20210317", "DerivedVendorReportedEchoSpacing": 0.000770008, "DeviceSerialNumber": "45239", "DiffusionScheme": "Monopolar", "DwellTime": 2.4e-06, "EchoTime": 0.092, "EchoTrainLength": 51, "EffectiveEchoSpacing": 0.000385004, "FlipAngle": 90, "ImageComments": "Unaliased MB3/PE3", "ImageOrientationPatientDICOM": [1, -2.05103e-10, 0, 2.05103e-10, 1, 0], "ImageType": ["ORIGINAL", "PRIMARY", "DIFFUSION", "NONE", "ND", "NORM", "MOSAIC"], "ImagingFrequency": 123.193, "InPlanePhaseEncodingDirectionDICOM": "ROW", "InstitutionAddress": "E 24th St. 100,Austin,Southmiddle,US,78712", "InstitutionName": "Univ of Texas at Austin", "InstitutionalDepartmentName": "IRC", "MRAcquisitionType": "2D", "MagneticFieldStrength": 3, "Manufacturer": "Siemens", "ManufacturersModelName": "Skyra", "Modality": "MR", "MultibandAccelerationFactor": 3, "ParallelReductionFactorInPlane": 2, "PartialFourier": 0.75, "PatientPosition": "HFS", "PercentPhaseFOV": 100, "PercentSampling": 100, "PhaseEncodingDirection": "i", "PhaseEncodingSteps": 102, "PhaseResolution": 1, "PixelBandwidth": 1630, "ProcedureStepDescription": "Poldrack2^self-scanning", "ProtocolName": "MBEPI with MDDW R-L", "PulseSequenceDetails": "%CustomerSeq%\\cmrr_mbep2d_diff", "ReceiveCoilActiveElements": "HEA;HEP", "ReceiveCoilName": "Head_32", "ReconMatrixPE": 128, "RefLinesPE": 76, "RepetitionTime": 5, "SAR": 0.125368, "ScanOptions": "PFP\\FS", "ScanningSequence": "EP", "SequenceName": "ep_b5#1", "SequenceVariant": "SK", "SeriesDescription": "MBEPI with MDDW R-L", "SeriesNumber": 13, "ShimSetting": [-2772, 8034, -15495, 205, -222, 113, 265, -99], "SliceThickness": 1.7, "SliceTiming": [0, 3.64, 2.3, 0.96, 4.5975, 3.2575, 1.9175, 0.575, 4.215, 2.875, 1.5325, 0.1925, 3.8325, 2.49, 1.15, 4.79, 3.4475, 2.1075, 0.7675, 4.405, 3.065, 1.725, 0.385, 4.0225, 2.6825, 1.3425, 0, 3.64, 2.3, 0.96, 4.5975, 3.2575, 1.9175, 0.575, 4.215, 2.875, 1.5325, 0.1925, 3.8325, 2.49, 1.15, 4.79, 3.4475, 2.1075, 0.7675, 4.405, 3.065, 1.725, 0.385, 4.0225, 2.6825, 1.3425, 0, 3.64, 2.3, 0.96, 4.5975, 3.2575, 1.9175, 0.575, 4.215, 2.875, 1.5325, 0.1925, 3.8325, 2.49, 1.15, 4.79, 3.4475, 2.1075, 0.7675, 4.405, 3.065, 1.725, 0.385, 4.0225, 2.6825, 1.3425], "SoftwareVersions": "syngo MR D11", "SpacingBetweenSlices": 1.7, "StationName": "AWP45239", "TotalReadoutTime": 0.0488955, "TxRefAmp": 329.068, "WipMemBlock": "e0359b15-461a-445a-8ba3-f071f9e70d55||Sequence: VD11D r195; Nov 21 2012 15:37:02 by eja", "dcmmeta_affine": [[-1.7421875, 3.573285833891049e-10, 0.0, 111.5], [3.573285833891049e-10, 1.7421875, 0.0, -120.04837036132812], [0.0, 0.0, 1.7000000476837158, -32.157020568847656], [0.0, 0.0, 0.0, 1.0]], "dcmmeta_reorient_transform": [[0.0, -1.0, 0.0, 127.0], [1.0, 0.0, 0.0, 0.0], [0.0, 0.0, 1.0, 0.0], [0.0, 0.0, 0.0, 1.0]], "dcmmeta_shape": [128, 128, 78, 64], "dcmmeta_slice_dim": 2, "dcmmeta_version": 0.6, "global": {"const": {"AcquisitionMatrix": [0, 128, 128, 0], "AngioFlag": "N", "BitsAllocated": 16, "BitsStored": 16, "BodyPartExamined": "BRAIN", "Columns": 1152, "EchoNumbers": 1, "EchoTime": 92.0, "EchoTrainLength": 51, "FlipAngle": 90.0, "HighBit": 15, "ImageOrientationPatient": [1.0, -2.051034e-10, 0.0, 2.051034e-10, 1.0, 0.0], "ImagePositionPatient": [-1003.5000002058, -993.20944288652, -32.157020568848], "ImageType": ["ORIGINAL", "PRIMARY", "DIFFUSION", "NONE", "ND", "NORM", "MOSAIC"], "ImagedNucleus": "1H", "ImagingFrequency": 123.193401, "InPlanePhaseEncodingDirection": "ROW", "MRAcquisitionType": "2D", "MagneticFieldStrength": 3.0, "Manufacturer": "SIEMENS", "ManufacturerModelName": "Skyra", "Modality": "MR", "NumberOfAverages": 1.0, "NumberOfPhaseEncodingSteps": 102, "PercentPhaseFieldOfView": 100.0, "PercentSampling": 100.0, "PerformedProcedureStepStartTime": "070745.093000", "PhotometricInterpretation": "MONOCHROME2", "PixelBandwidth": 1630.0, "PixelRepresentation": 0, "PixelSpacing": [1.7421875, 1.7421875], "ProtocolName": "MBEPI with MDDW R-L", "RepetitionTime": 5000.0, "Rows": 1152, "SAR": 0.12536845557995, "SamplesPerPixel": 1, "ScanOptions": ["PFP", "FS"], "ScanningSequence": "EP", "SequenceVariant": "SK", "SeriesDescription": "MBEPI with MDDW R-L", "SeriesNumber": 13, "SeriesTime": "074256.265000", "SliceLocation": -32.157020568848, "SliceThickness": 1.7000000476837, "SmallestImagePixelValue": 0, "SoftwareVersions": "syngo MR D11", "SpacingBetweenSlices": 1.7000000198166, "SpecificCharacterSet": "ISO_IR 100", "StudyID": "1", "StudyTime": "070745.062000", "TransmitCoilName": "Body", "VariableFlipAngleFlag": "N", "WindowCenterWidthExplanation": "Algo1", "dBdt": 0.0}, "slices": {}}, "time": {"samples": {"AcquisitionNumber": [1, 2, 3, 4, 5, 6, 7, 8, 9, 10, 11, 12, 13, 14, 15, 16, 17, 18, 19, 20, 21, 22, 23, 24, 25, 26, 27, 28, 29, 30, 31, 32, 33, 34, 35, 36, 37, 38, 39, 40, 41, 42, 43, 44, 45, 46, 47, 48, 49, 50, 51, 52, 53, 54, 55, 56, 57, 58, 59, 60, 61, 62, 63, 64], "AcquisitionTime": ["074123.917500", "074253.917500", "074258.917500", "074303.917500", "074308.917500", "074313.917500", "074318.917500", "074323.917500", "074328.917500", "074333.920000", "074338.920000", "074343.920000", "074348.920000", "074353.920000", "074358.920000", "074403.920000", "074408.920000", "074413.920000", "074418.920000", "074423.920000", "074428.920000", "074433.920000", "074438.920000", "074443.920000", "074448.920000", "074453.920000", "074458.920000", "074503.920000", "074508.920000", "074513.920000", "074518.920000", "074523.920000", "074528.920000", "074533.920000", "074538.920000", "074543.920000", "074548.920000", "074553.920000", "074558.920000", "074603.920000", "074608.920000", "074613.920000", "074618.920000", "074623.920000", "074628.920000", "074633.920000", "074638.920000", "074643.920000", "074648.920000", "074653.920000", "074658.920000", "074703.920000", "074708.920000", "074713.920000", "074718.920000", "074723.920000", "074728.920000", "074733.920000", "074738.920000", "074743.920000", "074748.920000", "074753.920000", "074758.920000", "074803.920000"], "ContentTime": ["074256.265000", "074302.390000", "074307.390000", "074312.390000", "074317.390000", "074322.390000", "074327.390000", "074332.390000", "074337.390000", "074342.390000", "074347.390000", "074352.390000", "074357.390000", "074402.390000", "074407.390000", "074412.390000", "074417.390000", "074422.390000", "074427.390000", "074432.390000", "074437.390000", "074442.390000", "074447.390000", "074452.390000", "074457.390000", "074502.390000", "074507.390000", "074512.390000", "074517.390000", "074522.390000", "074527.390000", "074532.390000", "074537.390000", "074542.390000", "074547.390000", "074552.390000", "074557.390000", "074602.390000", "074607.390000", "074612.390000", "074617.390000", "074622.390000", "074627.390000", "074632.390000", "074637.390000", "074642.390000", "074647.390000", "074652.390000", "074657.390000", "074702.390000", "074707.390000", "074712.390000", "074717.390000", "074722.390000", "074727.390000", "074732.390000", "074742.390000", "074742.390000", "074747.390000", "074752.390000", "074757.390000", "074802.390000", "074807.390000", "074809.812000"], "InstanceCreationTime": ["074256.265000", "074302.390000", "074307.390000", "074312.390000", "074317.390000", "074322.390000", "074327.390000", "074332.390000", "074337.390000", "074342.390000", "074347.390000", "074352.390000", "074357.390000", "074402.390000", "074407.390000", "074412.390000", "074417.390000", "074422.390000", "074427.390000", "074432.390000", "074437.390000", "074442.390000", "074447.390000", "074452.390000", "074457.390000", "074502.390000", "074507.390000", "074512.390000", "074517.390000", "074522.390000", "074527.390000", "074532.390000", "074537.390000", "074542.390000", "074547.390000", "074552.390000", "074557.390000", "074602.390000", "074607.390000", "074612.390000", "074617.390000", "074622.390000", "074627.390000", "074632.390000", "074637.390000", "074642.390000", "074647.390000", "074652.390000", "074657.390000", "074702.390000", "074707.390000", "074712.390000", "074717.390000", "074722.390000", "074727.390000", "074732.390000", "074742.390000", "074742.390000", "074747.390000", "074752.390000", "074757.390000", "074802.390000", "074807.390000", "074809.812000"], "InstanceNumber": [1, 2, 3, 4, 5, 6, 7, 8, 9, 10, 11, 12, 13, 14, 15, 16, 17, 18, 19, 20, 21, 22, 23, 24, 25, 26, 27, 28, 29, 30, 31, 32, 33, 34, 35, 36, 37, 38, 39, 40, 41, 42, 43, 44, 45, 46, 47, 48, 49, 50, 51, 52, 53, 54, 55, 56, 57, 58, 59, 60, 61, 62, 63, 64], "LargestImagePixelValue": [60387, 18131, 19092, 20301, 17026, 16560, 18255, 17353, 20388, 20024, 18202, 16951, 19276, 18604, 19927, 19248, 65535, 19308, 17630, 18344, 20102, 21534, 19732, 19638, 17899, 17120, 18340, 21627, 19805, 19750, 19844, 20997, 62781, 9502, 10005, 11224, 8954, 8598, 8766, 9545, 10991, 9652, 9289, 8463, 10680, 10525, 11238, 11593, 65535, 9837, 9091, 10982, 10760, 11963, 11585, 10078, 9131, 9142, 9995, 12487, 10940, 10638, 10586, 11590], "SequenceName": ["ep_b5#1", "ep_b995#2", "ep_b995#3", "ep_b995#4", "ep_b995#5", "ep_b1000#6", "ep_b1000#7", "ep_b995#8", "ep_b995#9", "ep_b995#10", "ep_b1000#11", "ep_b1000#12", "ep_b1005#13", "ep_b1005#14", "ep_b1000#15", "ep_b1005#16", "ep_b5#17", "ep_b1005#18", "ep_b1000#19", "ep_b1005#20", "ep_b1005#21", "ep_b995#22", "ep_b1005#23", "ep_b1000#24", "ep_b1000#25", "ep_b1000#26", "ep_b995#27", "ep_b995#28", "ep_b995#29", "ep_b1000#30", "ep_b1005#31", "ep_b1000#32", "ep_b5#1", "ep_b1990#2", "ep_b1990#3", "ep_b1990#4", "ep_b1995#5", "ep_b1995#6", "ep_b2000#7", "ep_b1995#8", "ep_b1990#9", "ep_b1995#10", "ep_b2000#11", "ep_b2000#12", "ep_b2010#13", "ep_b2005#14", "ep_b2000#15", "ep_b2005#16", "ep_b5#17", "ep_b2005#18", "ep_b2005#19", "ep_b2005#20", "ep_b2010#21", "ep_b1990#22", "ep_b2010#23", "ep_b2000#24", "ep_b2000#25", "ep_b1995#26", "ep_b1995#27", "ep_b1995#28", "ep_b1995#29", "ep_b2000#30", "ep_b2005#31", "ep_b2000#32"], "WindowCenter": [7694.0, 3352.0, 3338.0, 3416.0, 3318.0, 3329.0, 3360.0, 3335.0, 3393.0, 3378.0, 3375.0, 3359.0, 3401.0, 3396.0, 3408.0, 3411.0, 7724.0, 3410.0, 3377.0, 3383.0, 3427.0, 3444.0, 3414.0, 3365.0, 3361.0, 3334.0, 3337.0, 3431.0, 3372.0, 3398.0, 3416.0, 3430.0, 7707.0, 2168.0, 2184.0, 2264.0, 2149.0, 2138.0, 2185.0, 2181.0, 2243.0, 2227.0, 2197.0, 2174.0, 2256.0, 2258.0, 2273.0, 2286.0, 7733.0, 2258.0, 2219.0, 2258.0, 2275.0, 2308.0, 2288.0, 2214.0, 2189.0, 2155.0, 2154.0, 2289.0, 2217.0, 2231.0, 2277.0, 2288.0], "WindowWidth": [16905.0, 7705.0, 7682.0, 7840.0, 7628.0, 7643.0, 7710.0, 7663.0, 7780.0, 7746.0, 7738.0, 7705.0, 7807.0, 7788.0, 7809.0, 7821.0, 16971.0, 7818.0, 7744.0, 7768.0, 7852.0, 7897.0, 7834.0, 7731.0, 7714.0, 7663.0, 7677.0, 7871.0, 7754.0, 7799.0, 7841.0, 7863.0, 16930.0, 5303.0, 5335.0, 5509.0, 5259.0, 5249.0, 5345.0, 5327.0, 5452.0, 5425.0, 5367.0, 5333.0, 5478.0, 5488.0, 5526.0, 5549.0, 16990.0, 5487.0, 5425.0, 5490.0, 5523.0, 5596.0, 5549.0, 5404.0, 5362.0, 5284.0, 5278.0, 5555.0, 5410.0, 5440.0, 5536.0, 5554.0]}, "slices": {}}}