{"AcquisitionMatrixPE": 128, "AcquisitionNumber": 1, "AcquisitionTime": "07:50:36.452500", "BandwidthPerPixelPhaseEncode": 20.292, "BaseResolution": 128, "BodyPartExamined": "BRAIN", "ConsistencyInfo": "N4_VD11D_LATEST_20110129", "ConversionSoftware": "dcm2niix", "ConversionSoftwareVersion": "v1.0.20210317", "DerivedVendorReportedEchoSpacing": 0.000770008, "DeviceSerialNumber": "45239", "DiffusionScheme": "Monopolar", "DwellTime": 2.4e-06, "EchoTime": 0.092, "EchoTrainLength": 51, "EffectiveEchoSpacing": 0.000385004, "FlipAngle": 90, "ImageComments": "Unaliased MB3/PE3", "ImageOrientationPatientDICOM": [1, -2.05103e-10, 0, 2.05103e-10, 1, 0], "ImageType": ["ORIGINAL", "PRIMARY", "DIFFUSION", "NONE", "ND", "NORM", "MOSAIC"], "ImagingFrequency": 123.193, "InPlanePhaseEncodingDirectionDICOM": "ROW", "InstitutionAddress": "E 24th St. 100,Austin,Southmiddle,US,78712", "InstitutionName": "Univ of Texas at Austin", "InstitutionalDepartmentName": "IRC", "MRAcquisitionType": "2D", "MagneticFieldStrength": 3, "Manufacturer": "Siemens", "ManufacturersModelName": "Skyra", "Modality": "MR", "MultibandAccelerationFactor": 3, "ParallelReductionFactorInPlane": 2, "PartialFourier": 0.75, "PatientPosition": "HFS", "PercentPhaseFOV": 100, "PercentSampling": 100, "PhaseEncodingDirection": "i", "PhaseEncodingSteps": 102, "PhaseResolution": 1, "PixelBandwidth": 1630, "ProcedureStepDescription": "Poldrack2^self-scanning", "ProtocolName": "MBEPI with MDDW R-L", "PulseSequenceDetails": "%CustomerSeq%\\cmrr_mbep2d_diff", "ReceiveCoilActiveElements": "HEA;HEP", "ReceiveCoilName": "Head_32", "ReconMatrixPE": 128, "RefLinesPE": 76, "RepetitionTime": 5, "SAR": 0.145707, "ScanOptions": "PFP\\FS", "ScanningSequence": "EP", "SequenceName": "ep_b5#1", "SequenceVariant": "SK", "SeriesDescription": "MBEPI with MDDW R-L", "SeriesNumber": 18, "ShimSetting": [-2784, 8065, -15519, 85, -244, 124, 271, -104], "SliceThickness": 1.7, "SliceTiming": [0, 3.6375, 2.2975, 0.9575, 4.5975, 3.255, 1.915, 0.575, 4.2125, 2.8725, 1.5325, 0.1925, 3.83, 2.49, 1.15, 4.7875, 3.4475, 2.1075, 0.765, 4.405, 3.065, 1.7225, 0.3825, 4.0225, 2.68, 1.34, 0, 3.6375, 2.2975, 0.9575, 4.5975, 3.255, 1.915, 0.575, 4.2125, 2.8725, 1.5325, 0.1925, 3.83, 2.49, 1.15, 4.7875, 3.4475, 2.1075, 0.765, 4.405, 3.065, 1.7225, 0.3825, 4.0225, 2.68, 1.34, 0, 3.6375, 2.2975, 0.9575, 4.5975, 3.255, 1.915, 0.575, 4.2125, 2.8725, 1.5325, 0.1925, 3.83, 2.49, 1.15, 4.7875, 3.4475, 2.1075, 0.765, 4.405, 3.065, 1.7225, 0.3825, 4.0225, 2.68, 1.34], "SoftwareVersions": "syngo MR D11", "SpacingBetweenSlices": 1.7, "StationName": "AWP45239", "TotalReadoutTime": 0.0488955, "TxRefAmp": 344.791, "WipMemBlock": "d15c1cd2-15ad-449a-830c-62ebb38939c6||Sequence: VD11D r195; Nov 21 2012 15:37:02 by eja", "dcmmeta_affine": [[-1.7421875, 3.573285833891049e-10, 0.0, 111.5], [3.573285833891049e-10, 1.7421875, 0.0, -123.68032836914062], [0.0, 0.0, 1.7000000476837158, -21.866464614868164], [0.0, 0.0, 0.0, 1.0]], "dcmmeta_reorient_transform": [[0.0, -1.0, 0.0, 127.0], [1.0, 0.0, 0.0, 0.0], [0.0, 0.0, 1.0, 0.0], [0.0, 0.0, 0.0, 1.0]], "dcmmeta_shape": [128, 128, 78, 64], "dcmmeta_slice_dim": 2, "dcmmeta_version": 0.6, "global": {"const": {"AcquisitionMatrix": [0, 128, 128, 0], "AngioFlag": "N", "BitsAllocated": 16, "BitsStored": 16, "BodyPartExamined": "BRAIN", "Columns": 1152, "EchoNumbers": 1, "EchoTime": 92.0, "EchoTrainLength": 51, "FlipAngle": 90.0, "HighBit": 15, "ImageOrientationPatient": [1.0, -2.051034e-10, 0.0, 2.051034e-10, 1.0, 0.0], "ImagePositionPatient": [-1003.5000002058, -989.57748201769, -21.866464614868], "ImageType": ["ORIGINAL", "PRIMARY", "DIFFUSION", "NONE", "ND", "NORM", "MOSAIC"], "ImagedNucleus": "1H", "ImagingFrequency": 123.193463, "InPlanePhaseEncodingDirection": "ROW", "MRAcquisitionType": "2D", "MagneticFieldStrength": 3.0, "Manufacturer": "SIEMENS", "ManufacturerModelName": "Skyra", "Modality": "MR", "NumberOfAverages": 1.0, "NumberOfPhaseEncodingSteps": 102, "PercentPhaseFieldOfView": 100.0, "PercentSampling": 100.0, "PerformedProcedureStepStartTime": "070945.703000", "PhotometricInterpretation": "MONOCHROME2", "PixelBandwidth": 1630.0, "PixelRepresentation": 0, "PixelSpacing": [1.7421875, 1.7421875], "ProtocolName": "MBEPI with MDDW R-L", "RepetitionTime": 5000.0, "Rows": 1152, "SAR": 0.14570727420791, "SamplesPerPixel": 1, "ScanOptions": ["PFP", "FS"], "ScanningSequence": "EP", "SequenceVariant": "SK", "SeriesDescription": "MBEPI with MDDW R-L", "SeriesNumber": 18, "SeriesTime": "075207.812000", "SliceLocation": -21.866464614868, "SliceThickness": 1.7000000476837, "SmallestImagePixelValue": 0, "SoftwareVersions": "syngo MR D11", "SpacingBetweenSlices": 1.7000000445874, "SpecificCharacterSet": "ISO_IR 100", "StudyID": "1", "StudyTime": "070945.671000", "TransmitCoilName": "Body", "VariableFlipAngleFlag": "N", "WindowCenterWidthExplanation": "Algo1", "dBdt": 0.0}, "slices": {}}, "time": {"samples": {"AcquisitionNumber": [1, 2, 3, 4, 5, 6, 7, 8, 9, 10, 11, 12, 13, 14, 15, 16, 17, 18, 19, 20, 21, 22, 23, 24, 25, 26, 27, 28, 29, 30, 31, 32, 33, 34, 35, 36, 37, 38, 39, 40, 41, 42, 43, 44, 45, 46, 47, 48, 49, 50, 51, 52, 53, 54, 55, 56, 57, 58, 59, 60, 61, 62, 63, 64], "AcquisitionTime": ["075036.452500", "075206.452500", "075211.452500", "075216.452500", "075221.452500", "075226.452500", "075231.452500", "075236.452500", "075241.452500", "075246.452500", "075251.452500", "075256.452500", "075301.452500", "075306.452500", "075311.452500", "075316.452500", "075321.452500", "075326.452500", "075331.452500", "075336.452500", "075341.452500", "075346.452500", "075351.452500", "075356.452500", "075401.452500", "075406.452500", "075411.452500", "075416.452500", "075421.452500", "075426.452500", "075431.452500", "075436.452500", "075441.452500", "075446.452500", "075451.452500", "075456.452500", "075501.452500", "075506.452500", "075511.452500", "075516.452500", "075521.452500", "075526.452500", "075531.452500", "075536.452500", "075541.452500", "075546.452500", "075551.452500", "075556.452500", "075601.452500", "075606.452500", "075611.452500", "075616.452500", "075621.452500", "075626.452500", "075631.452500", "075636.452500", "075641.452500", "075646.452500", "075651.452500", "075656.452500", "075701.452500", "075706.452500", "075711.452500", "075716.452500"], "ContentTime": ["075207.812000", "075216.875000", "075221.875000", "075226.875000", "075231.875000", "075236.875000", "075241.875000", "075246.875000", "075251.890000", "075256.875000", "075301.875000", "075306.875000", "075311.875000", "075316.875000", "075321.890000", "075326.890000", "075331.875000", "075336.875000", "075341.890000", "075346.890000", "075351.875000", "075356.890000", "075401.875000", "075406.875000", "075411.875000", "075416.875000", "075421.875000", "075426.890000", "075431.890000", "075436.890000", "075441.875000", "075446.875000", "075451.890000", "075456.875000", "075501.875000", "075506.875000", "075511.875000", "075516.875000", "075521.890000", "075526.890000", "075531.890000", "075536.875000", "075541.875000", "075546.875000", "075551.875000", "075556.875000", "075601.875000", "075606.890000", "075611.875000", "075616.875000", "075621.875000", "075626.875000", "075631.875000", "075636.875000", "075641.875000", "075646.875000", "075651.875000", "075656.875000", "075701.875000", "075706.875000", "075711.875000", "075716.875000", "075721.875000", "075722.562000"], "InstanceCreationTime": ["075207.812000", "075216.875000", "075221.875000", "075226.875000", "075231.875000", "075236.875000", "075241.875000", "075246.875000", "075251.890000", "075256.875000", "075301.875000", "075306.875000", "075311.875000", "075316.875000", "075321.890000", "075326.890000", "075331.875000", "075336.875000", "075341.890000", "075346.890000", "075351.875000", "075356.890000", "075401.875000", "075406.875000", "075411.875000", "075416.875000", "075421.875000", "075426.890000", "075431.890000", "075436.890000", "075441.875000", "075446.875000", "075451.890000", "075456.875000", "075501.875000", "075506.875000", "075511.875000", "075516.875000", "075521.890000", "075526.890000", "075531.890000", "075536.875000", "075541.875000", "075546.875000", "075551.875000", "075556.875000", "075601.875000", "075606.890000", "075611.875000", "075616.875000", "075621.875000", "075626.875000", "075631.875000", "075636.875000", "075641.875000", "075646.875000", "075651.875000", "075656.875000", "075701.875000", "075706.875000", "075711.875000", "075716.875000", "075721.875000", "075722.562000"], "InstanceNumber": [1, 2, 3, 4, 5, 6, 7, 8, 9, 10, 11, 12, 13, 14, 15, 16, 17, 18, 19, 20, 21, 22, 23, 24, 25, 26, 27, 28, 29, 30, 31, 32, 33, 34, 35, 36, 37, 38, 39, 40, 41, 42, 43, 44, 45, 46, 47, 48, 49, 50, 51, 52, 53, 54, 55, 56, 57, 58, 59, 60, 61, 62, 63, 64], "LargestImagePixelValue": [65535, 19905, 20323, 20136, 17011, 16639, 18700, 18312, 20794, 19655, 18335, 16756, 21960, 20257, 19535, 20955, 65535, 19854, 18321, 19927, 20925, 22460, 21368, 18820, 17342, 18008, 18757, 20854, 20005, 18807, 21452, 18988, 65535, 10139, 11722, 12708, 9206, 8757, 9583, 10080, 11357, 10481, 9570, 8563, 11492, 10611, 9911, 12406, 65535, 10888, 9090, 10170, 10903, 12959, 11604, 10077, 9723, 9087, 10188, 11835, 11554, 10735, 10688, 11064], "SequenceName": ["ep_b5#1", "ep_b995#2", "ep_b995#3", "ep_b995#4", "ep_b995#5", "ep_b1000#6", "ep_b1000#7", "ep_b995#8", "ep_b995#9", "ep_b995#10", "ep_b1000#11", "ep_b1000#12", "ep_b1005#13", "ep_b1005#14", "ep_b1000#15", "ep_b1005#16", "ep_b5#17", "ep_b1005#18", "ep_b1000#19", "ep_b1005#20", "ep_b1005#21", "ep_b995#22", "ep_b1005#23", "ep_b1000#24", "ep_b1000#25", "ep_b1000#26", "ep_b995#27", "ep_b995#28", "ep_b995#29", "ep_b1000#30", "ep_b1005#31", "ep_b1000#32", "ep_b5#1", "ep_b1990#2", "ep_b1990#3", "ep_b1990#4", "ep_b1995#5", "ep_b1995#6", "ep_b2000#7", "ep_b1995#8", "ep_b1990#9", "ep_b1995#10", "ep_b2000#11", "ep_b2000#12", "ep_b2010#13", "ep_b2005#14", "ep_b2000#15", "ep_b2005#16", "ep_b5#17", "ep_b2005#18", "ep_b2005#19", "ep_b2005#20", "ep_b2010#21", "ep_b1990#22", "ep_b2010#23", "ep_b2000#24", "ep_b2000#25", "ep_b1995#26", "ep_b1995#27", "ep_b1995#28", "ep_b1995#29", "ep_b2000#30", "ep_b2005#31", "ep_b2000#32"], "WindowCenter": [7925.0, 3491.0, 3493.0, 3526.0, 3473.0, 3487.0, 3529.0, 3504.0, 3520.0, 3531.0, 3532.0, 3518.0, 3547.0, 3562.0, 3565.0, 3561.0, 7942.0, 3548.0, 3545.0, 3528.0, 3527.0, 3557.0, 3514.0, 3511.0, 3522.0, 3502.0, 3479.0, 3546.0, 3517.0, 3515.0, 3539.0, 3552.0, 7940.0, 2260.0, 2273.0, 2337.0, 2244.0, 2247.0, 2305.0, 2287.0, 2318.0, 2336.0, 2305.0, 2284.0, 2333.0, 2348.0, 2357.0, 2378.0, 7951.0, 2348.0, 2315.0, 2323.0, 2336.0, 2366.0, 2323.0, 2297.0, 2296.0, 2251.0, 2261.0, 2354.0, 2306.0, 2324.0, 2342.0, 2359.0], "WindowWidth": [17431.0, 7968.0, 7974.0, 8048.0, 7925.0, 7952.0, 8033.0, 7985.0, 8025.0, 8037.0, 8041.0, 8015.0, 8069.0, 8098.0, 8110.0, 8096.0, 17484.0, 8074.0, 8065.0, 8047.0, 8042.0, 8104.0, 8021.0, 8010.0, 8026.0, 7982.0, 7945.0, 8088.0, 8031.0, 8024.0, 8063.0, 8102.0, 17476.0, 5491.0, 5514.0, 5651.0, 5456.0, 5473.0, 5587.0, 5543.0, 5606.0, 5646.0, 5588.0, 5563.0, 5634.0, 5668.0, 5707.0, 5733.0, 17494.0, 5667.0, 5627.0, 5627.0, 5643.0, 5707.0, 5622.0, 5579.0, 5576.0, 5485.0, 5494.0, 5692.0, 5590.0, 5631.0, 5673.0, 5710.0]}, "slices": {}}}