{"AcquisitionMatrixPE": 128, "AcquisitionNumber": 1, "AcquisitionTime": "07:57:56.362500", "BandwidthPerPixelPhaseEncode": 20.292, "BaseResolution": 128, "BodyPartExamined": "BRAIN", "ConsistencyInfo": "N4_VD11D_LATEST_20110129", "ConversionSoftware": "dcm2niix", "ConversionSoftwareVersion": "v1.0.20210317", "DerivedVendorReportedEchoSpacing": 0.000770008, "DeviceSerialNumber": "45239", "DiffusionScheme": "Monopolar", "DwellTime": 2.4e-06, "EchoTime": 0.092, "EchoTrainLength": 51, "EffectiveEchoSpacing": 0.000385004, "FlipAngle": 90, "ImageComments": "Unaliased MB3/PE3", "ImageOrientationPatientDICOM": [1, -1e-16, 0, 1e-16, 1, 0], "ImageType": ["ORIGINAL", "PRIMARY", "DIFFUSION", "NONE", "ND", "NORM", "MOSAIC"], "ImagingFrequency": 123.193, "InPlanePhaseEncodingDirectionDICOM": "ROW", "InstitutionAddress": "E 24th St. 100,Austin,Southmiddle,US,78712", "InstitutionName": "Univ of Texas at Austin", "InstitutionalDepartmentName": "IRC", "MRAcquisitionType": "2D", "MagneticFieldStrength": 3, "Manufacturer": "Siemens", "ManufacturersModelName": "Skyra", "Modality": "MR", "MultibandAccelerationFactor": 3, "ParallelReductionFactorInPlane": 2, "PartialFourier": 0.75, "PatientPosition": "HFS", "PercentPhaseFOV": 100, "PercentSampling": 100, "PhaseEncodingDirection": "i-", "PhaseEncodingSteps": 102, "PhaseResolution": 1, "PixelBandwidth": 1630, "ProcedureStepDescription": "Poldrack2^self-scanning", "ProtocolName": "MBEPI with MDDW L-R", "PulseSequenceDetails": "%CustomerSeq%\\cmrr_mbep2d_diff", "ReceiveCoilActiveElements": "HEA;HEP", "ReceiveCoilName": "Head_32", "ReconMatrixPE": 128, "RefLinesPE": 76, "RepetitionTime": 5, "SAR": 0.145707, "ScanOptions": "PFP\\FS", "ScanningSequence": "EP", "SequenceName": "ep_b5#1", "SequenceVariant": "SK", "SeriesDescription": "MBEPI with MDDW L-R", "SeriesNumber": 21, "ShimSetting": [-2784, 8065, -15519, 85, -244, 124, 271, -104], "SliceThickness": 1.7, "SliceTiming": [0, 3.6375, 2.2975, 0.9575, 4.595, 3.255, 1.915, 0.575, 4.2125, 2.8725, 1.5325, 0.19, 3.83, 2.49, 1.1475, 4.7875, 3.4475, 2.1075, 0.765, 4.405, 3.065, 1.7225, 0.3825, 4.0225, 2.68, 1.34, 0, 3.6375, 2.2975, 0.9575, 4.595, 3.255, 1.915, 0.575, 4.2125, 2.8725, 1.5325, 0.19, 3.83, 2.49, 1.1475, 4.7875, 3.4475, 2.1075, 0.765, 4.405, 3.065, 1.7225, 0.3825, 4.0225, 2.68, 1.34, 0, 3.6375, 2.2975, 0.9575, 4.595, 3.255, 1.915, 0.575, 4.2125, 2.8725, 1.5325, 0.19, 3.83, 2.49, 1.1475, 4.7875, 3.4475, 2.1075, 0.765, 4.405, 3.065, 1.7225, 0.3825, 4.0225, 2.68, 1.34], "SoftwareVersions": "syngo MR D11", "SpacingBetweenSlices": 1.7, "StationName": "AWP45239", "TotalReadoutTime": 0.0488955, "TxRefAmp": 344.791, "WipMemBlock": "35dba073-6983-465e-9d8e-89b1e061a68f||Sequence: VD11D r195; Nov 21 2012 15:37:02 by eja", "dcmmeta_affine": [[-1.7421875, 1.7421875567777916e-16, 0.0, 111.5], [1.7421875567777916e-16, 1.7421875, 0.0, -123.68032836914062], [0.0, 0.0, 1.7000000476837158, -21.866464614868164], [0.0, 0.0, 0.0, 1.0]], "dcmmeta_reorient_transform": [[0.0, -1.0, 0.0, 127.0], [1.0, 0.0, 0.0, 0.0], [0.0, 0.0, 1.0, 0.0], [0.0, 0.0, 0.0, 1.0]], "dcmmeta_shape": [128, 128, 78, 64], "dcmmeta_slice_dim": 2, "dcmmeta_version": 0.6, "global": {"const": {"AcquisitionMatrix": [0, 128, 128, 0], "AngioFlag": "N", "BitsAllocated": 16, "BitsStored": 16, "BodyPartExamined": "BRAIN", "Columns": 1152, "EchoNumbers": 1, "EchoTime": 92.0, "EchoTrainLength": 51, "FlipAngle": 90.0, "HighBit": 15, "ImageOrientationPatient": [1.0, -1e-16, 0.0, 1e-16, 1.0, 0.0], "ImagePositionPatient": [-1003.5, -989.57748222351, -21.866464614868], "ImageType": ["ORIGINAL", "PRIMARY", "DIFFUSION", "NONE", "ND", "NORM", "MOSAIC"], "ImagedNucleus": "1H", "ImagingFrequency": 123.193475, "InPlanePhaseEncodingDirection": "ROW", "MRAcquisitionType": "2D", "MagneticFieldStrength": 3.0, "Manufacturer": "SIEMENS", "ManufacturerModelName": "Skyra", "Modality": "MR", "NumberOfAverages": 1.0, "NumberOfPhaseEncodingSteps": 102, "PercentPhaseFieldOfView": 100.0, "PercentSampling": 100.0, "PerformedProcedureStepStartTime": "070945.703000", "PhotometricInterpretation": "MONOCHROME2", "PixelBandwidth": 1630.0, "PixelRepresentation": 0, "PixelSpacing": [1.7421875, 1.7421875], "ProtocolName": "MBEPI with MDDW L-R", "RepetitionTime": 5000.0, "Rows": 1152, "SAR": 0.14570727420791, "SamplesPerPixel": 1, "ScanOptions": ["PFP", "FS"], "ScanningSequence": "EP", "SequenceVariant": "SK", "SeriesDescription": "MBEPI with MDDW L-R", "SeriesNumber": 21, "SeriesTime": "075927.203000", "SliceLocation": -21.866464614868, "SliceThickness": 1.7000000476837, "SmallestImagePixelValue": 0, "SoftwareVersions": "syngo MR D11", "SpacingBetweenSlices": 1.7000000445874, "SpecificCharacterSet": "ISO_IR 100", "StudyID": "1", "StudyTime": "070945.671000", "TransmitCoilName": "Body", "VariableFlipAngleFlag": "N", "WindowCenterWidthExplanation": "Algo1", "dBdt": 0.0}, "slices": {}}, "time": {"samples": {"AcquisitionNumber": [1, 2, 3, 4, 5, 6, 7, 8, 9, 10, 11, 12, 13, 14, 15, 16, 17, 18, 19, 20, 21, 22, 23, 24, 25, 26, 27, 28, 29, 30, 31, 32, 33, 34, 35, 36, 37, 38, 39, 40, 41, 42, 43, 44, 45, 46, 47, 48, 49, 50, 51, 52, 53, 54, 55, 56, 57, 58, 59, 60, 61, 62, 63, 64], "AcquisitionTime": ["075756.362500", "075926.362500", "075931.362500", "075936.362500", "075941.362500", "075946.362500", "075951.362500", "075956.362500", "080001.362500", "080006.362500", "080011.362500", "080016.362500", "080021.362500", "080026.362500", "080031.362500", "080036.362500", "080041.362500", "080046.362500", "080051.362500", "080056.362500", "080101.362500", "080106.362500", "080111.362500", "080116.362500", "080121.362500", "080126.362500", "080131.362500", "080136.362500", "080141.362500", "080146.362500", "080151.362500", "080156.362500", "080201.362500", "080206.362500", "080211.362500", "080216.362500", "080221.362500", "080226.362500", "080231.362500", "080236.362500", "080241.362500", "080246.362500", "080251.362500", "080256.362500", "080301.362500", "080306.362500", "080311.362500", "080316.362500", "080321.362500", "080326.362500", "080331.362500", "080336.362500", "080341.362500", "080346.362500", "080351.362500", "080356.362500", "080401.362500", "080406.362500", "080411.362500", "080416.362500", "080421.362500", "080426.362500", "080431.362500", "080436.362500"], "ContentTime": ["075927.203000", "075934.265000", "075939.265000", "075944.265000", "075949.265000", "075954.265000", "075959.265000", "080004.265000", "080009.265000", "080014.265000", "080019.265000", "080024.265000", "080029.265000", "080034.265000", "080039.265000", "080044.265000", "080049.265000", "080054.265000", "080059.265000", "080104.265000", "080109.265000", "080114.265000", "080119.265000", "080124.265000", "080129.265000", "080134.265000", "080139.265000", "080144.265000", "080149.265000", "080154.265000", "080159.265000", "080204.265000", "080209.265000", "080214.265000", "080219.265000", "080224.265000", "080229.265000", "080234.265000", "080239.265000", "080244.265000", "080249.265000", "080254.265000", "080259.265000", "080304.265000", "080309.265000", "080314.265000", "080319.265000", "080324.265000", "080329.265000", "080334.265000", "080339.265000", "080344.265000", "080349.265000", "080354.265000", "080359.265000", "080404.265000", "080409.265000", "080414.265000", "080419.265000", "080424.265000", "080429.265000", "080434.265000", "080439.265000", "080442.015000"], "InstanceCreationTime": ["075927.203000", "075934.265000", "075939.265000", "075944.265000", "075949.265000", "075954.265000", "075959.265000", "080004.265000", "080009.265000", "080014.265000", "080019.265000", "080024.265000", "080029.265000", "080034.265000", "080039.265000", "080044.265000", "080049.265000", "080054.265000", "080059.265000", "080104.265000", "080109.265000", "080114.265000", "080119.265000", "080124.265000", "080129.265000", "080134.265000", "080139.265000", "080144.265000", "080149.265000", "080154.265000", "080159.265000", "080204.265000", "080209.265000", "080214.265000", "080219.265000", "080224.265000", "080229.265000", "080234.265000", "080239.265000", "080244.265000", "080249.265000", "080254.265000", "080259.265000", "080304.265000", "080309.265000", "080314.265000", "080319.265000", "080324.265000", "080329.265000", "080334.265000", "080339.265000", "080344.265000", "080349.265000", "080354.265000", "080359.265000", "080404.265000", "080409.265000", "080414.265000", "080419.265000", "080424.265000", "080429.265000", "080434.265000", "080439.265000", "080442.015000"], "InstanceNumber": [1, 2, 3, 4, 5, 6, 7, 8, 9, 10, 11, 12, 13, 14, 15, 16, 17, 18, 19, 20, 21, 22, 23, 24, 25, 26, 27, 28, 29, 30, 31, 32, 33, 34, 35, 36, 37, 38, 39, 40, 41, 42, 43, 44, 45, 46, 47, 48, 49, 50, 51, 52, 53, 54, 55, 56, 57, 58, 59, 60, 61, 62, 63, 64], "LargestImagePixelValue": [65535, 28614, 25705, 26935, 24539, 20965, 22953, 25646, 28689, 26777, 23228, 21312, 25665, 25284, 26224, 25996, 65535, 26321, 22551, 23856, 23985, 29026, 28092, 23890, 21873, 22430, 24555, 26886, 24582, 25167, 24874, 26847, 65535, 14723, 15630, 17549, 13153, 11115, 12867, 12569, 16272, 14652, 11043, 10965, 13959, 12829, 13397, 13945, 65535, 12595, 10968, 13064, 14382, 17140, 16750, 11014, 9999, 11117, 11761, 14773, 14001, 12884, 13925, 13955], "SequenceName": ["ep_b5#1", "ep_b995#2", "ep_b995#3", "ep_b995#4", "ep_b995#5", "ep_b1000#6", "ep_b1000#7", "ep_b995#8", "ep_b995#9", "ep_b995#10", "ep_b1000#11", "ep_b1000#12", "ep_b1005#13", "ep_b1005#14", "ep_b1000#15", "ep_b1005#16", "ep_b5#17", "ep_b1005#18", "ep_b1000#19", "ep_b1005#20", "ep_b1005#21", "ep_b995#22", "ep_b1005#23", "ep_b1000#24", "ep_b1000#25", "ep_b1000#26", "ep_b995#27", "ep_b995#28", "ep_b995#29", "ep_b1000#30", "ep_b1005#31", "ep_b1000#32", "ep_b5#1", "ep_b1990#2", "ep_b1990#3", "ep_b1990#4", "ep_b1995#5", "ep_b1995#6", "ep_b2000#7", "ep_b1995#8", "ep_b1990#9", "ep_b1995#10", "ep_b2000#11", "ep_b2000#12", "ep_b2010#13", "ep_b2005#14", "ep_b2000#15", "ep_b2005#16", "ep_b5#17", "ep_b2005#18", "ep_b2005#19", "ep_b2005#20", "ep_b2010#21", "ep_b1990#22", "ep_b2010#23", "ep_b2000#24", "ep_b2000#25", "ep_b1995#26", "ep_b1995#27", "ep_b1995#28", "ep_b1995#29", "ep_b2000#30", "ep_b2005#31", "ep_b2000#32"], "WindowCenter": [7864.0, 3531.0, 3497.0, 3559.0, 3499.0, 3491.0, 3523.0, 3518.0, 3534.0, 3550.0, 3541.0, 3540.0, 3549.0, 3546.0, 3554.0, 3534.0, 7851.0, 3569.0, 3549.0, 3554.0, 3539.0, 3566.0, 3532.0, 3552.0, 3522.0, 3505.0, 3508.0, 3565.0, 3524.0, 3551.0, 3581.0, 3598.0, 7844.0, 2312.0, 2306.0, 2368.0, 2281.0, 2281.0, 2331.0, 2314.0, 2361.0, 2360.0, 2319.0, 2320.0, 2359.0, 2348.0, 2366.0, 2377.0, 7871.0, 2359.0, 2349.0, 2370.0, 2371.0, 2391.0, 2371.0, 2316.0, 2290.0, 2281.0, 2279.0, 2386.0, 2334.0, 2337.0, 2401.0, 2406.0], "WindowWidth": [17311.0, 8059.0, 7991.0, 8106.0, 7986.0, 7961.0, 8048.0, 8030.0, 8073.0, 8102.0, 8065.0, 8060.0, 8097.0, 8087.0, 8110.0, 8073.0, 17272.0, 8119.0, 8071.0, 8091.0, 8057.0, 8136.0, 8066.0, 8077.0, 8021.0, 7984.0, 7995.0, 8109.0, 8029.0, 8073.0, 8142.0, 8172.0, 17271.0, 5594.0, 5573.0, 5706.0, 5525.0, 5526.0, 5636.0, 5602.0, 5703.0, 5699.0, 5620.0, 5621.0, 5687.0, 5677.0, 5719.0, 5733.0, 17329.0, 5686.0, 5686.0, 5709.0, 5706.0, 5763.0, 5709.0, 5608.0, 5560.0, 5526.0, 5514.0, 5740.0, 5622.0, 5633.0, 5782.0, 5793.0]}, "slices": {}}}