{"AcquisitionMatrixPE": 96, "AcquisitionNumber": 1, "AcquisitionTime": "07:34:2.077500", "BaseResolution": 96, "BodyPartExamined": "BRAIN", "ConsistencyInfo": "N4_VD11D_LATEST_20110129", "ConversionSoftware": "dcm2niix", "ConversionSoftwareVersion": "v1.0.20210317", "DeviceSerialNumber": "45239", "DwellTime": 9.2e-06, "EchoNumber": 2, "EchoTime": 0.00738, "FlipAngle": 50, "ImageOrientationPatientDICOM": [0.99943, 0.0123297, 0.0314426, 0.00643396, 0.844425, -0.535635], "ImageType": ["ORIGINAL", "PRIMARY", "M", "ND", "NORM"], "ImagingFrequency": 123.193, "InPlanePhaseEncodingDirectionDICOM": "COL", "InstitutionAddress": "E 24th St. 100,Austin,Southmiddle,US,78712", "InstitutionName": "Univ of Texas at Austin", "InstitutionalDepartmentName": "IRC", "MRAcquisitionType": "2D", "MagneticFieldStrength": 3, "Manufacturer": "Siemens", "ManufacturersModelName": "Skyra", "Modality": "MR", "PartialFourier": 1, "PatientPosition": "HFS", "PercentPhaseFOV": 100, "PercentSampling": 100, "PhaseEncodingDirection": "j-", "PhaseEncodingSteps": 96, "PhaseResolution": 1, "PixelBandwidth": 565, "ProcedureStepDescription": "Poldrack2^self-scanning", "ProtocolName": "gre_field_mapping", "PulseSequenceDetails": "%SiemensSeq%\\gre_field_mapping", "ReceiveCoilActiveElements": "HEA;HEP", "ReceiveCoilName": "Head_32", "ReconMatrixPE": 96, "RepetitionTime": 0.731, "SAR": 0.112869, "ScanningSequence": "GR", "SequenceName": "*fm2d2r", "SequenceVariant": "SP", "SeriesDescription": "gre_field_mapping", "SeriesNumber": 10, "ShimSetting": [-2771, 8062, -15425, 194, -211, 210, 213, -72], "SliceThickness": 2, "SliceTiming": [0.36719, 0, 0.375, 0.00781, 0.39062, 0.02344, 0.39844, 0.03125, 0.40625, 0.04688, 0.42188, 0.05469, 0.42969, 0.07031, 0.44531, 0.07812, 0.45312, 0.08594, 0.46094, 0.10156, 0.47656, 0.10938, 0.48438, 0.11719, 0.5, 0.13281, 0.50781, 0.14062, 0.51562, 0.14844, 0.53125, 0.16406, 0.53906, 0.17188, 0.54688, 0.1875, 0.5625, 0.19531, 0.57031, 0.20312, 0.57812, 0.21875, 0.59375, 0.22656, 0.60156, 0.23438, 0.61719, 0.25, 0.625, 0.25781, 0.63281, 0.26562, 0.64844, 0.28125, 0.65625, 0.28906, 0.66406, 0.30469, 0.67969, 0.3125, 0.6875, 0.32031, 0.69531, 0.33594, 0.71094, 0.34375, 0.71875, 0.35938], "SoftwareVersions": "syngo MR D11", "SpacingBetweenSlices": 2.4, "StationName": "AWP45239", "TxRefAmp": 333.943}