{
    "AcquisitionMatrixPE": 96,
    "AcquisitionNumber": 1,
    "AcquisitionTime": "07:42:8.697500",
    "BandwidthPerPixelPhaseEncode": 33.602,
    "BaseResolution": 96,
    "BodyPartExamined": "BRAIN",
    "ConsistencyInfo": "N4_VD11D_LATEST_20110129",
    "ConversionSoftware": "dcm2niix",
    "ConversionSoftwareVersion": "v1.0.20210317",
    "DerivedVendorReportedEchoSpacing": 0.000620003,
    "DeviceSerialNumber": "45239",
    "DwellTime": 2.6e-06,
    "EchoTime": 0.03,
    "EchoTrainLength": 48,
    "EffectiveEchoSpacing": 0.000310001,
    "FlipAngle": 63,
    "ImageComments": "Unaliased MB4/PE3",
    "ImageOrientationPatientDICOM": [
        0.999965,
        -0.00741582,
        0.00395969,
        0.00840675,
        0.882096,
        -0.470995
    ],
    "ImageType": [
        "ORIGINAL",
        "PRIMARY",
        "M",
        "ND",
        "NORM",
        "MOSAIC"
    ],
    "ImagingFrequency": 123.193,
    "InPlanePhaseEncodingDirectionDICOM": "COL",
    "InstitutionAddress": "E 24th St. 100,Austin,Southmiddle,US,78712",
    "InstitutionName": "Univ of Texas at Austin",
    "InstitutionalDepartmentName": "IRC",
    "MRAcquisitionType": "2D",
    "MagneticFieldStrength": 3,
    "Manufacturer": "Siemens",
    "ManufacturersModelName": "Skyra",
    "Modality": "MR",
    "MultibandAccelerationFactor": 4,
    "ParallelReductionFactorInPlane": 2,
    "PartialFourier": 1,
    "PatientPosition": "HFS",
    "PercentPhaseFOV": 100,
    "PercentSampling": 100,
    "PhaseEncodingDirection": "j-",
    "PhaseEncodingSteps": 96,
    "PhaseResolution": 1,
    "PixelBandwidth": 2005,
    "ProcedureStepDescription": "Poldrack2^self-scanning",
    "ProtocolName": "dots_motion",
    "PulseSequenceDetails": "%CustomerSeq%\\cmrr_mbep2d_bold",
    "ReceiveCoilActiveElements": "HEA;HEP",
    "ReceiveCoilName": "Head_32",
    "ReconMatrixPE": 96,
    "RefLinesPE": 94,
    "RepetitionTime": 1.16,
    "SAR": 0.0955821,
    "ScanOptions": "FS",
    "ScanningSequence": "EP",
    "SequenceName": "epfid2d1_96",
    "SequenceVariant": "SK",
    "SeriesDescription": "dots_motion",
    "SeriesNumber": 10,
    "ShimSetting": [
        -2791,
        8043,
        -15426,
        82,
        -249,
        168,
        225,
        -42
    ],
    "SliceThickness": 2,
    "SliceTiming": [
        0,
        0.5,
        0.9975,
        0.3575,
        0.855,
        0.215,
        0.7125,
        0.0725,
        0.57,
        1.07,
        0.4275,
        0.9275,
        0.285,
        0.785,
        0.1425,
        0.6425,
        0,
        0.5,
        0.9975,
        0.3575,
        0.855,
        0.215,
        0.7125,
        0.0725,
        0.57,
        1.07,
        0.4275,
        0.9275,
        0.285,
        0.785,
        0.1425,
        0.6425,
        0,
        0.5,
        0.9975,
        0.3575,
        0.855,
        0.215,
        0.7125,
        0.0725,
        0.57,
        1.07,
        0.4275,
        0.9275,
        0.285,
        0.785,
        0.1425,
        0.6425,
        0,
        0.5,
        0.9975,
        0.3575,
        0.855,
        0.215,
        0.7125,
        0.0725,
        0.57,
        1.07,
        0.4275,
        0.9275,
        0.285,
        0.785,
        0.1425,
        0.6425
    ],
    "SoftwareVersions": "syngo MR D11",
    "SpacingBetweenSlices": 2.4,
    "StationName": "AWP45239",
    "TaskName": "Dot motion stop-signal task",
    "TotalReadoutTime": 0.0294501,
    "TxRefAmp": 333.886,
    "WipMemBlock": "ed28af67-bc04-4f28-9553-352a55b935ed||Sequence: VD11D r206; Feb 13 2013 18:52:04 by eja",
    "dcmmeta_affine": [
        [
            -2.3957486152648926,
            0.020141182467341423,
            1.3421045608197346e-08,
            119.3736801147461
        ],
        [
            0.01776707172393799,
            2.113354206085205,
            -1.1304285526275635,
            -86.79656982421875
        ],
        [
            0.009486747905611992,
            1.1284260749816895,
            2.1171045303344727,
            -84.03079986572266
        ],
        [
            0.0,
            0.0,
            0.0,
            1.0
        ]
    ],
    "dcmmeta_reorient_transform": [
        [
            0.0,
            -1.0,
            0.0,
            95.0
        ],
        [
            1.0,
            0.0,
            0.0,
            0.0
        ],
        [
            0.0,
            0.0,
            1.0,
            0.0
        ],
        [
            0.0,
            0.0,
            0.0,
            1.0
        ]
    ],
    "dcmmeta_shape": [
        96,
        96,
        64,
        372
    ],
    "dcmmeta_slice_dim": 2,
    "dcmmeta_version": 0.6,
    "global": {
        "const": {
            "AcquisitionMatrix": [
                96,
                0,
                0,
                96
            ],
            "AngioFlag": "N",
            "BitsAllocated": 16,
            "BitsStored": 16,
            "BodyPartExamined": "BRAIN",
            "Columns": 768,
            "EchoNumbers": 1,
            "EchoTime": 30.0,
            "EchoTrainLength": 48,
            "FlipAngle": 63.0,
            "HighBit": 15,
            "ImageOrientationPatient": [
                0.99996466261431,
                -0.0074158215045,
                0.00395968610792,
                0.0084067545854,
                0.88209570141902,
                -0.4709952229221
            ],
            "ImagePositionPatient": [
                -933.02605821685,
                -818.08935679496,
                399.13326807144
            ],
            "ImageType": [
                "ORIGINAL",
                "PRIMARY",
                "M",
                "ND",
                "NORM",
                "MOSAIC"
            ],
            "ImagedNucleus": "1H",
            "ImagingFrequency": 123.193216,
            "InPlanePhaseEncodingDirection": "COL",
            "MRAcquisitionType": "2D",
            "MagneticFieldStrength": 3.0,
            "Manufacturer": "SIEMENS",
            "ManufacturerModelName": "Skyra",
            "Modality": "MR",
            "NumberOfAverages": 1.0,
            "NumberOfPhaseEncodingSteps": 96,
            "PercentPhaseFieldOfView": 100.0,
            "PercentSampling": 100.0,
            "PerformedProcedureStepStartTime": "070851.062000",
            "PhotometricInterpretation": "MONOCHROME2",
            "PixelBandwidth": 2005.0,
            "PixelRepresentation": 0,
            "PixelSpacing": [
                2.3958332538605,
                2.3958332538605
            ],
            "ProtocolName": "dots_motion",
            "RepetitionTime": 1160.0,
            "Rows": 768,
            "SAR": 0.09558207309486,
            "SamplesPerPixel": 1,
            "ScanOptions": "FS",
            "ScanningSequence": "EP",
            "SequenceName": "epfid2d1_96",
            "SequenceVariant": "SK",
            "SeriesDescription": "dots_motion",
            "SeriesNumber": 10,
            "SeriesTime": "074247.406000",
            "SliceLocation": -33.243608482254,
            "SliceThickness": 2.0,
            "SmallestImagePixelValue": 0,
            "SoftwareVersions": "syngo MR D11",
            "SpacingBetweenSlices": 2.4000000377021,
            "SpecificCharacterSet": "ISO_IR 100",
            "StudyID": "1",
            "StudyTime": "070851.031000",
            "TransmitCoilName": "Body",
            "VariableFlipAngleFlag": "N",
            "WindowCenterWidthExplanation": "Algo1",
            "dBdt": 0.0
        },
