{"AcquisitionMatrixPE": 96, "AcquisitionNumber": 1, "AcquisitionTime": "07:20:59.857500", "BandwidthPerPixelPhaseEncode": 33.602, "BaseResolution": 96, "BodyPartExamined": "BRAIN", "ConsistencyInfo": "N4_VD11D_LATEST_20110129", "ConversionSoftware": "dcm2niix", "ConversionSoftwareVersion": "v1.0.20210317", "DerivedVendorReportedEchoSpacing": 0.000620003, "DeviceSerialNumber": "45239", "DwellTime": 2.6e-06, "EchoTime": 0.03, "EchoTrainLength": 48, "EffectiveEchoSpacing": 0.000310001, "FlipAngle": 63, "ImageComments": "Unaliased MB4/PE3", "ImageOrientationPatientDICOM": [0.998221, 0.0247808, 0.0542199, 0.00605266, 0.86268, -0.505714], "ImageType": ["ORIGINAL", "PRIMARY", "M", "ND", "NORM", "MOSAIC"], "ImagingFrequency": 123.193, "InPlanePhaseEncodingDirectionDICOM": "COL", "InstitutionAddress": "E 24th St. 100,Austin,Southmiddle,US,78712", "InstitutionName": "Univ of Texas at Austin", "InstitutionalDepartmentName": "IRC", "MRAcquisitionType": "2D", "MagneticFieldStrength": 3, "Manufacturer": "Siemens", "ManufacturersModelName": "Skyra", "Modality": "MR", "MultibandAccelerationFactor": 4, "ParallelReductionFactorInPlane": 2, "PartialFourier": 1, "PatientPosition": "HFS", "PercentPhaseFOV": 100, "PercentSampling": 100, "PhaseEncodingDirection": "j-", "PhaseEncodingSteps": 96, "PhaseResolution": 1, "PixelBandwidth": 2005, "ProcedureStepDescription": "Poldrack2^self-scanning", "ProtocolName": "Resting State fMRI MBEPI_matrix96_BW2004", "PulseSequenceDetails": "%CustomerSeq%\\cmrr_mbep2d_bold", "ReceiveCoilActiveElements": "HEA;HEP", "ReceiveCoilName": "Head_32", "ReconMatrixPE": 96, "RefLinesPE": 94, "RepetitionTime": 1.16, "SAR": 0.107417, "ScanOptions": "FS", "ScanningSequence": "EP", "SequenceName": "epfid2d1_96", "SequenceVariant": "SK", "SeriesDescription": "Resting State fMRI MBEPI_matrix96_BW2004", "SeriesNumber": 9, "ShimSetting": [-2791, 8028, -15436, 177, -270, 69, 221, -86], "SliceThickness": 2, "SliceTiming": [0, 0.615, 0.07, 0.6825, 0.1375, 0.7525, 0.205, 0.82, 0.275, 0.8875, 0.3425, 0.955, 0.41, 1.025, 0.4775, 1.0925, 0.5475, 0, 0.615, 0.07, 0.6825, 0.1375, 0.7525, 0.205, 0.82, 0.275, 0.8875, 0.3425, 0.955, 0.41, 1.025, 0.4775, 1.0925, 0.5475, 0, 0.615, 0.07, 0.6825, 0.1375, 0.7525, 0.205, 0.82, 0.275, 0.8875, 0.3425, 0.955, 0.41, 1.025, 0.4775, 1.0925, 0.5475, 0, 0.615, 0.07, 0.6825, 0.1375, 0.7525, 0.205, 0.82, 0.275, 0.8875, 0.3425, 0.955, 0.41, 1.025, 0.4775, 1.0925, 0.5475], "SoftwareVersions": "syngo MR D11", "SpacingBetweenSlices": 2.4, "StationName": "AWP45239", "TaskName": "Resting fmri", "TotalReadoutTime": 0.0294501, "TxRefAmp": 343.523, "WipMemBlock": "83d9fa13-0a84-4468-98b8-ac5e9bf79a50||Sequence: VD11D r154; May 23 2012 22:27:19 by eja", "dcmmeta_affine": [[-2.3915722370147705, 0.014501165598630905, 0.14233531057834625, 111.4831314086914], [-0.05937059968709946, 2.0668368339538574, -1.212343454360962, -66.31458282470703], [0.12990178167819977, 1.2116072177886963, 2.0663890838623047, -90.14496612548828], [0.0, 0.0, 0.0, 1.0]], "dcmmeta_reorient_transform": [[0.0, -1.0, 0.0, 95.0], [1.0, 0.0, 0.0, 0.0], [0.0, 0.0, 1.0, 0.0], [0.0, 0.0, 0.0, 1.0]], "dcmmeta_shape": [96, 96, 68, 518], "dcmmeta_slice_dim": 2, "dcmmeta_version": 0.6, "global": {"const": {"AcquisitionMatrix": [96, 0, 0, 96], "AngioFlag": "N", "BitsAllocated": 16, "BitsStored": 16, "BodyPartExamined": "BRAIN", "Columns": 864, "EchoNumbers": 1, "EchoTime": 30.0, "EchoTrainLength": 48, "FlipAngle": 63.0, "HighBit": 15, "ImageOrientationPatient": [0.9982214777111, 0.02478077309096, 0.05421987385896, 0.006052660516, 0.86267976676696, -0.5057143317245], "ImagePositionPatient": [-1036.7929178892, -946.49858751292, 440.33260463697], "ImageType": ["ORIGINAL", "PRIMARY", "M", "ND", "NORM", "MOSAIC"], "ImagedNucleus": "1H", "ImagingFrequency": 123.193266, "InPlanePhaseEncodingDirection": "COL", "MRAcquisitionType": "2D", "MagneticFieldStrength": 3.0, "Manufacturer": "SIEMENS", "ManufacturerModelName": "Skyra", "Modality": "MR", "NumberOfAverages": 1.0, "NumberOfPhaseEncodingSteps": 96, "PercentPhaseFieldOfView": 100.0, "PercentSampling": 100.0, "PerformedProcedureStepStartTime": "070404.562000", "PhotometricInterpretation": "MONOCHROME2", "PixelBandwidth": 2005.0, "PixelRepresentation": 0, "PixelSpacing": [2.3958332538605, 2.3958332538605], "ProtocolName": "Resting State fMRI MBEPI_matrix96_BW2004", "RepetitionTime": 1160.0, "Rows": 864, "SAR": 0.10741670083339, "SamplesPerPixel": 1, "ScanOptions": "FS", "ScanningSequence": "EP", "SequenceName": "epfid2d1_96", "SequenceVariant": "SK", "SeriesDescription": "Resting State fMRI MBEPI_matrix96_BW2004", "SeriesNumber": 9, "SeriesTime": "072146.781000", "SliceLocation": -37.504395436587, "SliceThickness": 2.0, "SmallestImagePixelValue": 0, "SoftwareVersions": "syngo MR D11", "SpacingBetweenSlices": 2.4000000147438, "SpecificCharacterSet": "ISO_IR 100", "StudyID": "2", "StudyTime": "070404.531000", "TransmitCoilName": "Body", "VariableFlipAngleFlag": "N", "WindowCenterWidthExplanation": "Algo1", "dBdt": 0.0}, "slices": {}}, "time": {"samples": {"AcquisitionNumber": [1, 2, 3, 4, 5, 6, 7, 8, 9, 10, 11, 12, 13, 14, 15, 16, 17, 18, 19, 20, 21, 22, 23, 24, 25, 26, 27, 28, 29, 30, 31, 32, 33, 34, 35, 36, 37, 38, 39, 40, 41, 42, 43, 44, 45, 46, 47, 48, 49, 50, 51, 52, 53, 54, 55, 56, 57, 58, 59, 60, 61, 62, 63, 64, 65, 66, 67, 68, 69, 70, 71, 72, 73, 74, 75, 76, 77, 78, 79, 80, 81, 82, 83, 84, 85, 86, 87, 88, 89, 90, 91, 92, 93, 94, 95, 96, 97, 98, 99, 100, 101, 102, 103, 104, 105, 106, 107, 108, 109, 110, 111, 112, 113, 114, 115, 116, 117, 118, 119, 120, 121, 122, 123, 124, 125, 126, 127, 128, 129, 130, 131, 132, 133, 134, 135, 136, 137, 138, 139, 140, 141, 142, 143, 144, 145, 146, 147, 148, 149, 150, 151, 152, 153, 154, 155, 156, 157, 158, 159, 160, 161, 162, 163, 164, 165, 166, 167, 168, 169, 170, 171, 172, 173, 174, 175, 176, 177, 178, 179, 180, 181, 182, 183, 184, 185, 186, 187, 188, 189, 190, 191, 192, 193, 194, 195, 196, 197, 198, 199, 200, 201, 202, 203, 204, 205, 206, 207, 208, 209, 210, 211, 212, 213, 214, 215, 216, 217, 218, 219, 220, 221, 222, 223, 224, 225, 226, 227, 228, 229, 230, 231, 232, 233, 234, 235, 236, 237, 238, 239, 240, 241, 242, 243, 244, 245, 246, 247, 248, 249, 250, 251, 252, 253, 254, 255, 256, 257, 258, 259, 260, 261, 262, 263, 264, 265, 266, 267, 268, 269, 270, 271, 272, 273, 274, 275, 276, 277, 278, 279, 280, 281, 282, 283, 284, 285, 286, 287, 288, 289, 290, 291, 292, 293, 294, 295, 296, 297, 298, 299, 300, 301, 302, 303, 304, 305, 306, 307, 308, 309, 310, 311, 312, 313, 314, 315, 316, 317, 318, 319, 320, 321, 322, 323, 324, 325, 326, 327, 328, 329, 330, 331, 332, 333, 334, 335, 336, 337, 338, 339, 340, 341, 342, 343, 344, 345, 346, 347, 348, 349, 350, 351, 352, 353, 354, 355, 356, 357, 358, 359, 360, 361, 362, 363, 364, 365, 366, 367, 368, 369, 370, 371, 372, 373, 374, 375, 376, 377, 378, 379, 380, 381, 382, 383, 384, 385, 386, 387, 388, 389, 390, 391, 392, 393, 394, 395, 396, 397, 398, 399, 400, 401, 402, 403, 404, 405, 406, 407, 408, 409, 410, 411, 412, 413, 414, 415, 416, 417, 418, 419, 420, 421, 422, 423, 424, 425, 426, 427, 428, 429, 430, 431, 432, 433, 434, 435, 436, 437, 438, 439, 440, 441, 442, 443, 444, 445, 446, 447, 448, 449, 450, 451, 452, 453, 454, 455, 456, 457, 458, 459, 460, 461, 462, 463, 464, 465, 466, 467, 468, 469, 470, 471, 472, 473, 474, 475, 476, 477, 478, 479, 480, 481, 482, 483, 484, 485, 486, 487, 488, 489, 490, 491, 492, 493, 494, 495, 496, 497, 498, 499, 500, 501, 502, 503, 504, 505, 506, 507, 508, 509, 510, 511, 512, 513, 514, 515, 516, 517, 518], "AcquisitionTime": ["072059.857500", "072128.855000", "072130.015000", "072131.175000", "072132.335000", "072133.495000", "072134.655000", "072135.815000", "072136.975000", "072138.135000", "072139.295000", "072140.455000", "072141.615000", "072142.775000", "072143.935000", "072145.095000", "072146.255000", "072147.415000", "072148.575000", "072149.735000", "072150.895000", "072152.055000", "072153.215000", "072154.375000", "072155.535000", "072156.695000", "072157.855000", "072159.015000", "072200.175000", "072201.335000", "072202.495000", "072203.655000", "072204.815000", "072205.975000", "072207.135000", "072208.295000", "072209.455000", "072210.615000", "072211.775000", "072212.935000", "072214.095000", "072215.255000", "072216.415000", "072217.575000", "072218.735000", "072219.895000", "072221.055000", "072222.215000", "072223.375000", "072224.535000", "072225.695000", "072226.855000", "072228.015000", "072229.175000", "072230.335000", "072231.495000", "072232.655000", "072233.815000", "072234.975000", "072236.135000", "072237.295000", "072238.455000", "072239.615000", "072240.775000", "072241.935000", "072243.095000", "072244.255000", "072245.415000", "072246.575000", "072247.735000", "072248.895000", "072250.055000", "072251.215000", "072252.375000", "072253.535000", "072254.695000", "072255.855000", "072257.015000", "072258.175000", "072259.335000", "072300.495000", "072301.655000", "072302.815000", "072303.975000", "072305.135000", "072306.295000", "072307.455000", "072308.615000", "072309.775000", "072310.935000", "072312.095000", "072313.255000", "072314.415000", "072315.575000", "072316.735000", "072317.895000", "072319.055000", "072320.215000", "072321.375000", "072322.535000", "072323.695000", "072324.855000", "072326.015000", "072327.175000", "072328.335000", "072329.495000", "072330.655000", "072331.815000", "072332.975000", "072334.135000", "072335.295000", "072336.455000", "072337.615000", "072338.775000", "072339.935000", "072341.095000", "072342.255000", "072343.415000", "072344.575000", "072345.735000", "072346.895000", "072348.055000", "072349.215000", "072350.375000", "072351.535000", "072352.695000", "072353.855000", "072355.015000", "072356.175000", "072357.335000", "072358.495000", "072359.655000", "072400.815000", "072401.975000", "072403.135000", "072404.295000", "072405.455000", "072406.615000", "072407.775000", "072408.935000", "072410.095000", "072411.255000", "072412.415000", "072413.575000", "072414.735000", "072415.895000", "072417.055000", "072418.215000", "072419.375000", "072420.535000", "072421.695000", "072422.855000", "072424.015000", "072425.175000", "072426.335000", "072427.495000", "072428.655000", "072429.815000", "072430.975000", "072432.135000", "072433.295000", "072434.455000", "072435.615000", "072436.775000", "072437.935000", "072439.095000", "072440.255000", "072441.415000", "072442.575000", "072443.735000", "072444.895000", "072446.055000", "072447.215000", "072448.375000", "072449.535000", "072450.695000", "072451.855000", "072453.015000", "072454.175000", "072455.335000", "072456.495000", "072457.655000", "072458.815000", "072459.975000", "072501.135000", "072502.295000", "072503.455000", "072504.615000", "072505.775000", "072506.935000", "072508.095000", "072509.255000", "072510.415000", "072511.575000", "072512.735000", "072513.895000", "072515.055000", "072516.215000", "072517.375000", "072518.535000", "072519.695000", "072520.855000", "072522.015000", "072523.175000", "072524.335000", "072525.495000", "072526.655000", "072527.815000", "072528.975000", "072530.135000", "072531.295000", "072532.455000", "072533.615000", "072534.775000", "072535.935000", "072537.095000", "072538.255000", "072539.415000", "072540.575000", "072541.735000", "072542.895000", "072544.055000", "072545.215000", "072546.375000", "072547.535000", "072548.695000", "072549.855000", "072551.015000", "072552.175000", "072553.335000", "072554.495000", "072555.655000", "072556.815000", "072557.975000", "072559.135000", "072600.295000", "072601.455000", "072602.615000", "072603.775000", "072604.935000", "072606.095000", "072607.255000", "072608.415000", "072609.575000", "072610.735000", "072611.895000", "072613.055000", "072614.215000", "072615.375000", "072616.535000", "072617.695000", "072618.855000", "072620.015000", "072621.175000", "072622.335000", "072623.495000", "072624.655000", "072625.815000", "072626.975000", "072628.135000", "072629.295000", "072630.455000", "072631.615000", "072632.775000", "072633.935000", "072635.095000", "072636.255000", "072637.415000", "072638.575000", "072639.735000", "072640.895000", "072642.055000", "072643.215000", "072644.375000", "072645.535000", "072646.695000", "072647.855000", "072649.015000", "072650.175000", "072651.335000", "072652.495000", "072653.655000", "072654.815000", "072655.975000", "072657.135000", "072658.295000", "072659.455000", "072700.615000", "072701.775000", "072702.935000", "072704.095000", "072705.255000", "072706.415000", "072707.575000", "072708.735000", "072709.895000", "072711.055000", "072712.215000", "072713.375000", "072714.535000", "072715.695000", "072716.855000", "072718.015000", "072719.175000", "072720.335000", "072721.495000", "072722.655000", "072723.815000", "072724.975000", "072726.135000", "072727.295000", "072728.455000", "072729.615000", "072730.775000", "072731.935000", "072733.095000", "072734.255000", "072735.415000", "072736.575000", "072737.735000", "072738.895000", "072740.055000", "072741.215000", "072742.375000", "072743.535000", "072744.695000", "072745.855000", "072747.015000", "072748.175000", "072749.335000", "072750.495000", "072751.655000", "072752.815000", "072753.975000", "072755.135000", "072756.295000", "072757.455000", "072758.615000", "072759.775000", "072800.935000", "072802.095000", "072803.255000", "072804.415000", "072805.575000", "072806.735000", "072807.895000", "072809.055000", "072810.215000", "072811.375000", "072812.535000", "072813.695000", "072814.855000", "072816.015000", "072817.175000", "072818.335000", "072819.495000", "072820.655000", "072821.815000", "072822.975000", "072824.135000", "072825.295000", "072826.455000", "072827.615000", "072828.775000", "072829.935000", "072831.095000", "072832.255000", "072833.415000", "072834.575000", "072835.735000", "072836.895000", "072838.055000", "072839.215000", "072840.375000", "072841.535000", "072842.695000", "072843.855000", "072845.015000", "072846.175000", "072847.335000", "072848.495000", "072849.655000", "072850.815000", "072851.975000", "072853.135000", "072854.295000", "072855.455000", "072856.615000", "072857.775000", "072858.935000", "072900.095000", "072901.255000", "072902.415000", "072903.575000", "072904.735000", "072905.895000", "072907.055000", "072908.215000", "072909.375000", "072910.535000", "072911.695000", "072912.855000", "072914.015000", "072915.175000", "072916.335000", "072917.495000", "072918.655000", "072919.815000", "072920.975000", "072922.135000", "072923.295000", "072924.455000", "072925.615000", "072926.775000", "072927.935000", "072929.095000", "072930.255000", "072931.415000", "072932.575000", "072933.735000", "072934.895000", "072936.055000", "072937.215000", "072938.375000", "072939.535000", "072940.695000", "072941.855000", "072943.015000", "072944.175000", "072945.335000", "072946.495000", "072947.655000", "072948.815000", "072949.975000", "072951.135000", "072952.295000", "072953.455000", "072954.615000", "072955.775000", "072956.935000", "072958.095000", "072959.255000", "073000.415000", "073001.575000", "073002.735000", "073003.895000", "073005.055000", "073006.215000", "073007.375000", "073008.535000", "073009.695000", "073010.855000", "073012.015000", "073013.175000", "073014.335000", "073015.495000", "073016.655000", "073017.815000", "073018.975000", "073020.135000", "073021.295000", "073022.455000", "073023.615000", "073024.775000", "073025.935000", "073027.095000", "073028.255000", "073029.415000", "073030.575000", "073031.735000", "073032.895000", "073034.055000", "073035.215000", "073036.375000", "073037.535000", "073038.695000", "073039.855000", "073041.015000", "073042.175000", "073043.335000", "073044.495000", "073045.655000", "073046.815000", "073047.975000", "073049.135000", "073050.295000", "073051.455000", "073052.615000", "073053.775000", "073054.935000", "073056.095000", "073057.255000", "073058.415000", "073059.575000", "073100.735000", "073101.895000", "073103.055000", "073104.215000", "073105.375000", "073106.535000", "073107.695000", "073108.855000", "073110.015000", "073111.175000", "073112.335000", "073113.495000", "073114.655000", "073115.815000", "073116.975000", "073118.135000", "073119.295000", "073120.455000", "073121.615000", "073122.775000", "073123.935000", "073125.095000", "073126.255000", "073127.415000"], "ContentTime": ["072146.781000", "072152.281000", "072152.281000", "072152.296000", "072152.296000", "072157.281000", "072157.281000", "072157.296000", "072202.281000", "072202.281000", "072207.281000", "072207.281000", "072207.296000", "072212.281000", "072212.281000", "072212.296000", "072217.281000", "072217.281000", "072222.281000", "072222.281000", "072222.296000", "072227.281000", "072227.281000", "072232.281000", "072232.281000", "072237.281000", "072237.281000", "072237.296000", "072242.281000", "072242.281000", "072242.296000", "072247.281000", "072247.281000", "072252.281000", "072252.281000", "072252.296000", "072257.281000", "072257.281000", "072302.281000", "072302.281000", "072302.296000", "072307.281000", "072307.281000", "072312.281000", "072312.281000", "072312.296000", "072317.281000", "072317.281000", "072322.281000", "072322.281000", "072322.296000", "072327.281000", "072327.296000", "072327.296000", "072332.281000", "072332.281000", "072337.281000", "072337.281000", "072342.281000", "072342.281000", "072342.296000", "072347.281000", "072347.281000", "072347.296000", "072352.281000", "072352.281000", "072357.281000", "072357.281000", "072357.296000", "072402.281000", "072402.281000", "072407.281000", "072407.296000", "072407.296000", "072412.281000", "072412.296000", "072417.281000", "072417.296000", "072417.296000", "072422.281000", "072422.281000", "072427.281000", "072427.281000", "072427.296000", "072432.281000", "072432.281000", "072437.281000", "072437.296000", "072437.296000", "072442.281000", "072442.281000", "072442.296000", "072447.281000", "072447.281000", "072452.281000", "072452.281000", "072457.281000", "072457.281000", "072457.296000", "072502.281000", "072502.296000", "072507.281000", "072507.281000", "072507.296000", "072512.281000", "072512.281000", "072517.281000", "072517.281000", "072517.296000", "072522.281000", "072522.281000", "072527.281000", "072527.281000", "072527.296000", "072532.281000", "072532.281000", "072532.296000", "072537.281000", "072537.281000", "072542.281000", "072542.281000", "072542.296000", "072547.281000", "072547.281000", "072552.281000", "072552.281000", "072552.296000", "072557.281000", "072557.281000", "072557.296000", "072602.281000", "072602.281000", "072607.281000", "072607.281000", "072607.296000", "072612.281000", "072612.281000", "072617.281000", "072617.281000", "072617.296000", "072622.281000", "072622.281000", "072627.281000", "072627.281000", "072627.296000", "072632.281000", "072632.281000", "072637.281000", "072637.281000", "072637.296000", "072642.281000", "072642.281000", "072647.281000", "072647.281000", "072647.296000", "072652.281000", "072652.281000", "072652.296000", "072657.281000", "072657.281000", "072702.281000", "072702.281000", "072702.296000", "072707.281000", "072707.281000", "072712.281000", "072712.281000", "072712.296000", "072717.281000", "072717.281000", "072722.281000", "072722.296000", "072722.296000", "072727.281000", "072727.281000", "072732.281000", "072732.281000", "072732.296000", "072737.281000", "072737.281000", "072742.281000", "072742.281000", "072742.296000", "072747.281000", "072747.281000", "072752.281000", "072752.281000", "072752.296000", "072757.281000", "072757.281000", "072757.296000", "072802.281000", "072802.281000", "072807.281000", "072807.281000", "072812.281000", "072812.281000", "072812.296000", "072817.281000", "072817.281000", "072817.296000", "072822.281000", "072822.281000", "072827.281000", "072827.281000", "072832.281000", "072832.281000", "072832.296000", "072837.281000", "072837.281000", "072837.296000", "072847.281000", "072847.281000", "072847.296000", "072847.296000", "072847.296000", "072852.281000", "072852.296000", "072857.281000", "072857.281000", "072857.296000", "072902.281000", "072902.281000", "072907.281000", "072907.281000", "072907.296000", "072912.281000", "072912.281000", "072917.281000", "072917.281000", "072917.296000", "072922.281000", "072922.281000", "072922.296000", "072927.281000", "072927.296000", "072932.281000", "072932.281000", "072932.296000", "072937.281000", "072937.281000", "072942.281000", "072942.312000", "072947.281000", "072947.281000", "072947.296000", "072952.281000", "072952.281000", "072957.281000", "072957.281000", "072957.296000", "073002.281000", "073002.281000", "073007.281000", "073007.281000", "073007.296000", "073012.281000", "073012.281000", "073017.281000", "073017.281000", "073017.296000", "073022.281000", "073022.281000", "073027.281000", "073027.281000", "073027.296000", "073032.281000", "073032.296000", "073032.296000", "073037.281000", "073037.281000", "073042.281000", "073042.281000", "073042.296000", "073047.281000", "073047.281000", "073052.281000", "073052.281000", "073052.296000", "073057.281000", "073057.281000", "073102.281000", "073102.281000", "073102.296000", "073107.281000", "073107.281000", "073112.281000", "073112.281000", "073112.296000", "073117.281000", "073117.281000", "073122.281000", "073122.281000", "073122.296000", "073127.281000", "073127.281000", "073127.296000", "073132.281000", "073132.281000", "073132.296000", "073137.281000", "073137.281000", "073142.281000", "073142.281000", "073142.296000", "073147.281000", "073147.281000", "073147.296000", "073152.281000", "073152.296000", "073157.281000", "073157.281000", "073157.296000", "073202.281000", "073202.281000", "073202.296000", "073207.281000", "073207.281000", "073207.296000", "073212.281000", "073212.281000", "073217.281000", "073217.281000", "073217.296000", "073222.281000", "073222.281000", "073222.296000", "073227.281000", "073227.281000", "073227.296000", "073232.281000", "073232.281000", "073237.281000", "073237.281000", "073237.296000", "073242.281000", "073242.281000", "073247.281000", "073247.296000", "073247.296000", "073252.281000", "073252.281000", "073252.296000", "073257.281000", "073257.281000", "073302.281000", "073302.281000", "073302.296000", "073307.281000", "073307.281000", "073307.296000", "073312.281000", "073312.281000", "073317.281000", "073317.281000", "073317.296000", "073322.281000", "073322.281000", "073327.281000", "073327.281000", "073327.296000", "073332.281000", "073332.281000", "073332.296000", "073337.281000", "073337.281000", "073342.281000", "073342.281000", "073342.296000", "073347.281000", "073347.281000", "073352.281000", "073352.281000", "073352.296000", "073357.281000", "073357.281000", "073357.296000", "073402.281000", "073402.281000", "073407.281000", "073407.281000", "073407.296000", "073412.281000", "073412.281000", "073412.296000", "073417.281000", "073417.281000", "073422.281000", "073422.281000", "073422.296000", "073427.281000", "073427.281000", "073427.296000", "073432.281000", "073432.281000", "073437.281000", "073437.281000", "073437.296000", "073442.281000", "073442.281000", "073442.296000", "073447.281000", "073447.281000", "073452.281000", "073452.281000", "073452.296000", "073457.281000", "073457.281000", "073457.296000", "073502.281000", "073502.281000", "073507.281000", "073507.281000", "073507.296000", "073512.281000", "073512.281000", "073512.296000", "073517.281000", "073517.281000", "073522.281000", "073522.281000", "073522.296000", "073527.281000", "073527.281000", "073527.296000", "073532.281000", "073532.281000", "073537.281000", "073537.281000", "073537.296000", "073542.281000", "073542.281000", "073542.296000", "073547.281000", "073547.281000", "073552.281000", "073552.281000", "073552.296000", "073557.281000", "073557.281000", "073557.296000", "073602.281000", "073602.281000", "073602.296000", "073607.281000", "073607.281000", "073607.296000", "073612.281000", "073612.281000", "073617.281000", "073617.281000", "073617.296000", "073622.281000", "073622.281000", "073627.281000", "073627.281000", "073627.296000", "073632.281000", "073632.281000", "073632.296000", "073637.281000", "073637.281000", "073642.281000", "073642.281000", "073642.296000", "073647.281000", "073647.281000", "073652.281000", "073652.281000", "073652.296000", "073657.281000", "073657.281000", "073702.281000", "073702.281000", "073702.296000", "073707.281000", "073707.296000", "073707.296000", "073712.281000", "073712.281000", "073717.281000", "073717.281000", "073717.296000", "073722.281000", "073722.296000", "073727.281000", "073727.281000", "073727.296000", "073732.281000", "073732.281000", "073737.281000", "073737.281000", "073737.296000", "073742.281000", "073742.281000", "073747.281000", "073747.281000", "073747.296000", "073752.281000", "073752.281000", "073752.296000", "073757.281000", "073757.281000", "073802.281000", "073802.281000", "073802.281000", "073807.281000", "073807.281000", "073807.296000", "073812.281000", "073812.281000", "073817.281000", "073817.281000", "073817.281000", "073822.281000", "073822.281000", "073822.281000", "073823.593000"], "InstanceCreationTime": ["072146.781000", "072152.281000", "072152.281000", "072152.296000", "072152.296000", "072157.281000", "072157.281000", "072157.296000", "072202.281000", "072202.281000", "072207.281000", "072207.281000", "072207.296000", "072212.281000", "072212.281000", "072212.296000", "072217.281000", "072217.281000", "072222.281000", "072222.281000", "072222.296000", "072227.281000", "072227.281000", "072232.281000", "072232.281000", "072237.281000", "072237.281000", "072237.296000", "072242.281000", "072242.281000", "072242.296000", "072247.281000", "072247.281000", "072252.281000", "072252.281000", "072252.296000", "072257.281000", "072257.281000", "072302.281000", "072302.281000", "072302.296000", "072307.281000", "072307.281000", "072312.281000", "072312.281000", "072312.296000", "072317.281000", "072317.281000", "072322.281000", "072322.281000", "072322.296000", "072327.281000", "072327.296000", "072327.296000", "072332.281000", "072332.281000", "072337.281000", "072337.281000", "072342.281000", "072342.281000", "072342.296000", "072347.281000", "072347.281000", "072347.296000", "072352.281000", "072352.281000", "072357.281000", "072357.281000", "072357.296000", "072402.281000", "072402.281000", "072407.281000", "072407.296000", "072407.296000", "072412.281000", "072412.296000", "072417.281000", "072417.296000", "072417.296000", "072422.281000", "072422.281000", "072427.281000", "072427.281000", "072427.296000", "072432.281000", "072432.281000", "072437.281000", "072437.296000", "072437.296000", "072442.281000", "072442.281000", "072442.296000", "072447.281000", "072447.281000", "072452.281000", "072452.281000", "072457.281000", "072457.281000", "072457.296000", "072502.281000", "072502.296000", "072507.281000", "072507.281000", "072507.296000", "072512.281000", "072512.281000", "072517.281000", "072517.281000", "072517.296000", "072522.281000", "072522.281000", "072527.281000", "072527.281000", "072527.296000", "072532.281000", "072532.281000", "072532.296000", "072537.281000", "072537.281000", "072542.281000", "072542.281000", "072542.296000", "072547.281000", "072547.281000", "072552.281000", "072552.281000", "072552.296000", "072557.281000", "072557.281000", "072557.296000", "072602.281000", "072602.281000", "072607.281000", "072607.281000", "072607.296000", "072612.281000", "072612.281000", "072617.281000", "072617.281000", "072617.296000", "072622.281000", "072622.281000", "072627.281000", "072627.281000", "072627.296000", "072632.281000", "072632.281000", "072637.281000", "072637.281000", "072637.296000", "072642.281000", "072642.281000", "072647.281000", "072647.281000", "072647.296000", "072652.281000", "072652.281000", "072652.296000", "072657.281000", "072657.281000", "072702.281000", "072702.281000", "072702.296000", "072707.281000", "072707.281000", "072712.281000", "072712.281000", "072712.296000", "072717.281000", "072717.281000", "072722.281000", "072722.296000", "072722.296000", "072727.281000", "072727.281000", "072732.281000", "072732.281000", "072732.296000", "072737.281000", "072737.281000", "072742.281000", "072742.281000", "072742.296000", "072747.281000", "072747.281000", "072752.281000", "072752.281000", "072752.296000", "072757.281000", "072757.281000", "072757.296000", "072802.281000", "072802.281000", "072807.281000", "072807.281000", "072812.281000", "072812.281000", "072812.296000", "072817.281000", "072817.281000", "072817.296000", "072822.281000", "072822.281000", "072827.281000", "072827.281000", "072832.281000", "072832.281000", "072832.296000", "072837.281000", "072837.281000", "072837.296000", "072847.281000", "072847.281000", "072847.296000", "072847.296000", "072847.296000", "072852.281000", "072852.296000", "072857.281000", "072857.281000", "072857.296000", "072902.281000", "072902.281000", "072907.281000", "072907.281000", "072907.296000", "072912.281000", "072912.281000", "072917.281000", "072917.281000", "072917.296000", "072922.281000", "072922.281000", "072922.296000", "072927.281000", "072927.296000", "072932.281000", "072932.281000", "072932.296000", "072937.281000", "072937.281000", "072942.281000", "072942.312000", "072947.281000", "072947.281000", "072947.296000", "072952.281000", "072952.281000", "072957.281000", "072957.281000", "072957.296000", "073002.281000", "073002.281000", "073007.281000", "073007.281000", "073007.296000", "073012.281000", "073012.281000", "073017.281000", "073017.281000", "073017.296000", "073022.281000", "073022.281000", "073027.281000", "073027.281000", "073027.296000", "073032.281000", "073032.296000", "073032.296000", "073037.281000", "073037.281000", "073042.281000", "073042.281000", "073042.296000", "073047.281000", "073047.281000", "073052.281000", "073052.281000", "073052.296000", "073057.281000", "073057.281000", "073102.281000", "073102.281000", "073102.296000", "073107.281000", "073107.281000", "073112.281000", "073112.281000", "073112.296000", "073117.281000", "073117.281000", "073122.281000", "073122.281000", "073122.296000", "073127.281000", "073127.281000", "073127.296000", "073132.281000", "073132.281000", "073132.296000", "073137.281000", "073137.281000", "073142.281000", "073142.281000", "073142.296000", "073147.281000", "073147.281000", "073147.296000", "073152.281000", "073152.296000", "073157.281000", "073157.281000", "073157.296000", "073202.281000", "073202.281000", "073202.296000", "073207.281000", "073207.281000", "073207.296000", "073212.281000", "073212.281000", "073217.281000", "073217.281000", "073217.296000", "073222.281000", "073222.281000", "073222.296000", "073227.281000", "073227.281000", "073227.296000", "073232.281000", "073232.281000", "073237.281000", "073237.281000", "073237.296000", "073242.281000", "073242.281000", "073247.281000", "073247.296000", "073247.296000", "073252.281000", "073252.281000", "073252.296000", "073257.281000", "073257.281000", "073302.281000", "073302.281000", "073302.296000", "073307.281000", "073307.281000", "073307.296000", "073312.281000", "073312.281000", "073317.281000", "073317.281000", "073317.296000", "073322.281000", "073322.281000", "073327.281000", "073327.281000", "073327.296000", "073332.281000", "073332.281000", "073332.296000", "073337.281000", "073337.281000", "073342.281000", "073342.281000", "073342.296000", "073347.281000", "073347.281000", "073352.281000", "073352.281000", "073352.296000", "073357.281000", "073357.281000", "073357.296000", "073402.281000", "073402.281000", "073407.281000", "073407.281000", "073407.296000", "073412.281000", "073412.281000", "073412.296000", "073417.281000", "073417.281000", "073422.281000", "073422.281000", "073422.296000", "073427.281000", "073427.281000", "073427.296000", "073432.281000", "073432.281000", "073437.281000", "073437.281000", "073437.296000", "073442.281000", "073442.281000", "073442.296000", "073447.281000", "073447.281000", "073452.281000", "073452.281000", "073452.296000", "073457.281000", "073457.281000", "073457.296000", "073502.281000", "073502.281000", "073507.281000", "073507.281000", "073507.296000", "073512.281000", "073512.281000", "073512.296000", "073517.281000", "073517.281000", "073522.281000", "073522.281000", "073522.296000", "073527.281000", "073527.281000", "073527.296000", "073532.281000", "073532.281000", "073537.281000", "073537.281000", "073537.296000", "073542.281000", "073542.281000", "073542.296000", "073547.281000", "073547.281000", "073552.281000", "073552.281000", "073552.296000", "073557.281000", "073557.281000", "073557.296000", "073602.281000", "073602.281000", "073602.296000", "073607.281000", "073607.281000", "073607.296000", "073612.281000", "073612.281000", "073617.281000", "073617.281000", "073617.296000", "073622.281000", "073622.281000", "073627.281000", "073627.281000", "073627.296000", "073632.281000", "073632.281000", "073632.296000", "073637.281000", "073637.281000", "073642.281000", "073642.281000", "073642.296000", "073647.281000", "073647.281000", "073652.281000", "073652.281000", "073652.296000", "073657.281000", "073657.281000", "073702.281000", "073702.281000", "073702.296000", "073707.281000", "073707.296000", "073707.296000", "073712.281000", "073712.281000", "073717.281000", "073717.281000", "073717.296000", "073722.281000", "073722.296000", "073727.281000", "073727.281000", "073727.296000", "073732.281000", "073732.281000", "073737.281000", "073737.281000", "073737.296000", "073742.281000", "073742.281000", "073747.281000", "073747.281000", "073747.296000", "073752.281000", "073752.281000", "073752.296000", "073757.281000", "073757.281000", "073802.281000", "073802.281000", "073802.281000", "073807.281000", "073807.281000", "073807.296000", "073812.281000", "073812.281000", "073817.281000", "073817.281000", "073817.281000", "073822.281000", "073822.281000", "073822.281000", "073823.593000"], "InstanceNumber": [1, 2, 3, 4, 5, 6, 7, 8, 9, 10, 11, 12, 13, 14, 15, 16, 17, 18, 19, 20, 21, 22, 23, 24, 25, 26, 27, 28, 29, 30, 31, 32, 33, 34, 35, 36, 37, 38, 39, 40, 41, 42, 43, 44, 45, 46, 47, 48, 49, 50, 51, 52, 53, 54, 55, 56, 57, 58, 59, 60, 61, 62, 63, 64, 65, 66, 67, 68, 69, 70, 71, 72, 73, 74, 75, 76, 77, 78, 79, 80, 81, 82, 83, 84, 85, 86, 87, 88, 89, 90, 91, 92, 93, 94, 95, 96, 97, 98, 99, 100, 101, 102, 103, 104, 105, 106, 107, 108, 109, 110, 111, 112, 113, 114, 115, 116, 117, 118, 119, 120, 121, 122, 123, 124, 125, 126, 127, 128, 129, 130, 131, 132, 133, 134, 135, 136, 137, 138, 139, 140, 141, 142, 143, 144, 145, 146, 147, 148, 149, 150, 151, 152, 153, 154, 155, 156, 157, 158, 159, 160, 161, 162, 163, 164, 165, 166, 167, 168, 169, 170, 171, 172, 173, 174, 175, 176, 177, 178, 179, 180, 181, 182, 183, 184, 185, 186, 187, 188, 189, 190, 191, 192, 193, 194, 195, 196, 197, 198, 199, 200, 201, 202, 203, 204, 205, 206, 207, 208, 209, 210, 211, 212, 213, 214, 215, 216, 217, 218, 219, 220, 221, 222, 223, 224, 225, 226, 227, 228, 229, 230, 231, 232, 233, 234, 235, 236, 237, 238, 239, 240, 241, 242, 243, 244, 245, 246, 247, 248, 249, 250, 251, 252, 253, 254, 255, 256, 257, 258, 259, 260, 261, 262, 263, 264, 265, 266, 267, 268, 269, 270, 271, 272, 273, 274, 275, 276, 277, 278, 279, 280, 281, 282, 283, 284, 285, 286, 287, 288, 289, 290, 291, 292, 293, 294, 295, 296, 297, 298, 299, 300, 301, 302, 303, 304, 305, 306, 307, 308, 309, 310, 311, 312, 313, 314, 315, 316, 317, 318, 319, 320, 321, 322, 323, 324, 325, 326, 327, 328, 329, 330, 331, 332, 333, 334, 335, 336, 337, 338, 339, 340, 341, 342, 343, 344, 345, 346, 347, 348, 349, 350, 351, 352, 353, 354, 355, 356, 357, 358, 359, 360, 361, 362, 363, 364, 365, 366, 367, 368, 369, 370, 371, 372, 373, 374, 375, 376, 377, 378, 379, 380, 381, 382, 383, 384, 385, 386, 387, 388, 389, 390, 391, 392, 393, 394, 395, 396, 397, 398, 399, 400, 401, 402, 403, 404, 405, 406, 407, 408, 409, 410, 411, 412, 413, 414, 415, 416, 417, 418, 419, 420, 421, 422, 423, 424, 425, 426, 427, 428, 429, 430, 431, 432, 433, 434, 435, 436, 437, 438, 439, 440, 441, 442, 443, 444, 445, 446, 447, 448, 449, 450, 451, 452, 453, 454, 455, 456, 457, 458, 459, 460, 461, 462, 463, 464, 465, 466, 467, 468, 469, 470, 471, 472, 473, 474, 475, 476, 477, 478, 479, 480, 481, 482, 483, 484, 485, 486, 487, 488, 489, 490, 491, 492, 493, 494, 495, 496, 497, 498, 499, 500, 501, 502, 503, 504, 505, 506, 507, 508, 509, 510, 511, 512, 513, 514, 515, 516, 517, 518], "LargestImagePixelValue": [26551, 26003, 25877, 25930, 26047, 27255, 25508, 25659, 25370, 25574, 29015, 25400, 28033, 25996, 26116, 25239, 25727, 25496, 25353, 25664, 25489, 25480, 25407, 29215, 25334, 25167, 25297, 25844, 25213, 25447, 25340, 25603, 25246, 25204, 25263, 25297, 25185, 25236, 25504, 25234, 25487, 25298, 25319, 25501, 25153, 26288, 25434, 25335, 25079, 25185, 25431, 25339, 25223, 26402, 25214, 25128, 25258, 25339, 25502, 25847, 25225, 25207, 26069, 25274, 26425, 25485, 25212, 25249, 25217, 25188, 27909, 25447, 25744, 25584, 25361, 25233, 25350, 25235, 25458, 25470, 27041, 26194, 25615, 27305, 25615, 25804, 25530, 25569, 25410, 25548, 25552, 25490, 30863, 25340, 25396, 26191, 25726, 25466, 25397, 26814, 25337, 25204, 25236, 25688, 27343, 25338, 25449, 25125, 25449, 25267, 25575, 25160, 25200, 25270, 25323, 25668, 27974, 28173, 25435, 25368, 24980, 25184, 25324, 25612, 25505, 25477, 25270, 25632, 25276, 29792, 25479, 26206, 25519, 29790, 25629, 26245, 25270, 29666, 25333, 26178, 25396, 27178, 25491, 25178, 25087, 25234, 25281, 25206, 25425, 25256, 25504, 25405, 29569, 26565, 25470, 28853, 25393, 25371, 25322, 25124, 25212, 25458, 25354, 30199, 25523, 25415, 25665, 25168, 25488, 26563, 25465, 29772, 25463, 25454, 25483, 25239, 25193, 25330, 25417, 25347, 26375, 25643, 25199, 25332, 25318, 26496, 25324, 25302, 25107, 26549, 25384, 28550, 25501, 27092, 25078, 28187, 25281, 25218, 25370, 25064, 25285, 24935, 25407, 25375, 25470, 27191, 28391, 26193, 24958, 29356, 25376, 25397, 26717, 25323, 25436, 25248, 29486, 25703, 25248, 29574, 25431, 25459, 25323, 24967, 26689, 25349, 25249, 26924, 25233, 29245, 25298, 26538, 25435, 25697, 28995, 25698, 27479, 25936, 28957, 25533, 25824, 25988, 25887, 25762, 26155, 25955, 28537, 25793, 25966, 26049, 26092, 26685, 26042, 25657, 26086, 27903, 27304, 26016, 26069, 26045, 27830, 25771, 25758, 26696, 25872, 25995, 25516, 26683, 25609, 28646, 25466, 27521, 25628, 27392, 28524, 29153, 28343, 25584, 28283, 25528, 29592, 25590, 28311, 25664, 25824, 27622, 25760, 28376, 25626, 25792, 25751, 25755, 25639, 29109, 25535, 27745, 25540, 26090, 29106, 25548, 30321, 25396, 25489, 25531, 25692, 28912, 25605, 29727, 25597, 25562, 25571, 25806, 26984, 25901, 25652, 25961, 28751, 25531, 25874, 25790, 25960, 25739, 27907, 25569, 25486, 25741, 30408, 25722, 26944, 25651, 25651, 25988, 25521, 25478, 25550, 25351, 25849, 25774, 25512, 25899, 25691, 25825, 25571, 27954, 26669, 25351, 25880, 29467, 25614, 25863, 25764, 30186, 25532, 25640, 25768, 29062, 25581, 25862, 25478, 25757, 27473, 25681, 27377, 25623, 25989, 25498, 26937, 25523, 27163, 25483, 28972, 25666, 25391, 25506, 30475, 25449, 25198, 26373, 25742, 26031, 25153, 25706, 25540, 28242, 25470, 25463, 25254, 26947, 25578, 25722, 28883, 25700, 25508, 25306, 25488, 25556, 28348, 25312, 25433, 25533, 28775, 25311, 25359, 25618, 29946, 25453, 26896, 25537, 26963, 25272, 25489, 25552, 26932, 25575, 25464, 30509, 25508, 25357, 25536, 25785, 25595, 25485, 26323, 25758, 25462, 25439, 25772, 25610, 25370, 25466, 25414, 26796, 25501, 25481, 29102, 25503, 27036, 25430, 25849, 25679, 25560, 27850, 25675, 26270, 25490, 26103, 25763, 25809, 25701, 25667, 29435, 25915, 26043, 25814, 25848, 25906, 27041, 25738, 26411, 25834, 28258, 26019, 26340, 25664, 26097, 26753, 26679, 30442, 25991, 29995, 26002, 27433, 26099, 28428, 26278, 28389, 26181, 26502, 26044, 25976, 25854, 29660, 26128, 30511, 26226, 27862, 26185, 26048, 25713, 26005, 26227, 26094, 26215, 26028, 29860, 25991, 28586, 26365, 29051, 26093, 25923, 30621, 25928, 27729, 25848, 30060, 28123, 25877, 28914, 25895, 26116, 26002, 26024, 29086, 27281, 26018, 30112, 26179], "WindowCenter": [10012.0, 9996.0, 9989.0, 10008.0, 10003.0, 9993.0, 9993.0, 9981.0, 9971.0, 9983.0, 10009.0, 9990.0, 10010.0, 9996.0, 10002.0, 9997.0, 9997.0, 9988.0, 9993.0, 9997.0, 9997.0, 9995.0, 9996.0, 10014.0, 9989.0, 9984.0, 9989.0, 9984.0, 9990.0, 9990.0, 9979.0, 9979.0, 9981.0, 9974.0, 9988.0, 9987.0, 9982.0, 9973.0, 9989.0, 9986.0, 9974.0, 9992.0, 9985.0, 10003.0, 9993.0, 10004.0, 9987.0, 9980.0, 9982.0, 9998.0, 9993.0, 9978.0, 9990.0, 9988.0, 9986.0, 9986.0, 9996.0, 9998.0, 9988.0, 9995.0, 9986.0, 9985.0, 9986.0, 9976.0, 9999.0, 9985.0, 9977.0, 9966.0, 9968.0, 9979.0, 9984.0, 9981.0, 9992.0, 9979.0, 9973.0, 9974.0, 9982.0, 9978.0, 9970.0, 9995.0, 10016.0, 10022.0, 9988.0, 9999.0, 9981.0, 9983.0, 9979.0, 9984.0, 9989.0, 9975.0, 9974.0, 9987.0, 9988.0, 9969.0, 9966.0, 9981.0, 9975.0, 9985.0, 9989.0, 9988.0, 9969.0, 9963.0, 9976.0, 9979.0, 9991.0, 9988.0, 9982.0, 9972.0, 9968.0, 9985.0, 9976.0, 9978.0, 9986.0, 9990.0, 9988.0, 9999.0, 10010.0, 10018.0, 9977.0, 9979.0, 9994.0, 9982.0, 9978.0, 9999.0, 9985.0, 9995.0, 9980.0, 9981.0, 9968.0, 9995.0, 9963.0, 9979.0, 9979.0, 10000.0, 9966.0, 9967.0, 9979.0, 9994.0, 9986.0, 9977.0, 9991.0, 10008.0, 9992.0, 9974.0, 9979.0, 9979.0, 9971.0, 9983.0, 9996.0, 9994.0, 9974.0, 9986.0, 9996.0, 9976.0, 9966.0, 9991.0, 9970.0, 9983.0, 9988.0, 9991.0, 9992.0, 9988.0, 9978.0, 10009.0, 9987.0, 9966.0, 9975.0, 9982.0, 9989.0, 10008.0, 9987.0, 10004.0, 9987.0, 9991.0, 9988.0, 9993.0, 9984.0, 9977.0, 9970.0, 9976.0, 10016.0, 9995.0, 9988.0, 9979.0, 9972.0, 9969.0, 9979.0, 9981.0, 9991.0, 9990.0, 9998.0, 10003.0, 9981.0, 9985.0, 9976.0, 10003.0, 9989.0, 9988.0, 9977.0, 9973.0, 9975.0, 9977.0, 9987.0, 9983.0, 9985.0, 10002.0, 10014.0, 9989.0, 9981.0, 9997.0, 9974.0, 9976.0, 9968.0, 9958.0, 9960.0, 9979.0, 9993.0, 9975.0, 9991.0, 9996.0, 9974.0, 9992.0, 9978.0, 9987.0, 10014.0, 9992.0, 9990.0, 9999.0, 9986.0, 10015.0, 9981.0, 9988.0, 9983.0, 9986.0, 9997.0, 9990.0, 10008.0, 9990.0, 10001.0, 9987.0, 9980.0, 9995.0, 9987.0, 9982.0, 10003.0, 9994.0, 10010.0, 9995.0, 9994.0, 9990.0, 10011.0, 9998.0, 9998.0, 9993.0, 9999.0, 10012.0, 9999.0, 10007.0, 10000.0, 10015.0, 10021.0, 9998.0, 9989.0, 9999.0, 9993.0, 9997.0, 10016.0, 9999.0, 10003.0, 10005.0, 9999.0, 10007.0, 10006.0, 10004.0, 10008.0, 10027.0, 10008.0, 9982.0, 9995.0, 9992.0, 10017.0, 9981.0, 10008.0, 9995.0, 10007.0, 10014.0, 9997.0, 10023.0, 9989.0, 9996.0, 9993.0, 9985.0, 9992.0, 9998.0, 9969.0, 9989.0, 9990.0, 9991.0, 10010.0, 9991.0, 10010.0, 9986.0, 9984.0, 9987.0, 9999.0, 10014.0, 9998.0, 10015.0, 9990.0, 9993.0, 9977.0, 9994.0, 10010.0, 10007.0, 10003.0, 10005.0, 10010.0, 10002.0, 10008.0, 9995.0, 9992.0, 9998.0, 10022.0, 10000.0, 10002.0, 10013.0, 10021.0, 10004.0, 10012.0, 10010.0, 9992.0, 9986.0, 9988.0, 10001.0, 9991.0, 9983.0, 10013.0, 10002.0, 10007.0, 10013.0, 10006.0, 10000.0, 10001.0, 10016.0, 9997.0, 9984.0, 9998.0, 10005.0, 9985.0, 10004.0, 9983.0, 10013.0, 9997.0, 9989.0, 9995.0, 10006.0, 9986.0, 9981.0, 9987.0, 9998.0, 10007.0, 9990.0, 9995.0, 9985.0, 9983.0, 9996.0, 9997.0, 9981.0, 9989.0, 9985.0, 10003.0, 9987.0, 9988.0, 10002.0, 10042.0, 10009.0, 10010.0, 10004.0, 10023.0, 9995.0, 10012.0, 10020.0, 10023.0, 10035.0, 10011.0, 9994.0, 10012.0, 10027.0, 9998.0, 9994.0, 10006.0, 9993.0, 10000.0, 9993.0, 9993.0, 9988.0, 9998.0, 9984.0, 9991.0, 10005.0, 10021.0, 10007.0, 10005.0, 10008.0, 10026.0, 10000.0, 10008.0, 10010.0, 10011.0, 10001.0, 10010.0, 9998.0, 10009.0, 10003.0, 10009.0, 10050.0, 10013.0, 10002.0, 10025.0, 10017.0, 10018.0, 10018.0, 10015.0, 10022.0, 10012.0, 10004.0, 10027.0, 10010.0, 10028.0, 10009.0, 10003.0, 10012.0, 10011.0, 10008.0, 10034.0, 10009.0, 10014.0, 9993.0, 10007.0, 10001.0, 10005.0, 10014.0, 10011.0, 10020.0, 10019.0, 10023.0, 10033.0, 10031.0, 10023.0, 10018.0, 10038.0, 10015.0, 10014.0, 10015.0, 10009.0, 10005.0, 10019.0, 10004.0, 10004.0, 10021.0, 10029.0, 10028.0, 10029.0, 10019.0, 10005.0, 10012.0, 9999.0, 10012.0, 9996.0, 10012.0, 10001.0, 9992.0, 9978.0, 9979.0, 9981.0, 9988.0, 9990.0, 9990.0, 9975.0, 9970.0, 9986.0, 9990.0, 9984.0, 9994.0, 9993.0, 10010.0, 10017.0, 10018.0, 9989.0, 10015.0, 10018.0, 10011.0, 10008.0, 10010.0, 10033.0, 10016.0, 10026.0, 10018.0, 10017.0, 10029.0, 10008.0, 10040.0, 10013.0, 10040.0, 10033.0, 10052.0, 10052.0, 10030.0, 10031.0, 10017.0, 10025.0, 10031.0, 10020.0, 10036.0, 10032.0, 10021.0, 10044.0, 10025.0], "WindowWidth": [21350.0, 21313.0, 21299.0, 21338.0, 21333.0, 21308.0, 21303.0, 21279.0, 21257.0, 21279.0, 21331.0, 21296.0, 21339.0, 21314.0, 21319.0, 21311.0, 21309.0, 21292.0, 21302.0, 21312.0, 21318.0, 21310.0, 21308.0, 21343.0, 21293.0, 21284.0, 21295.0, 21288.0, 21295.0, 21297.0, 21274.0, 21272.0, 21276.0, 21265.0, 21298.0, 21295.0, 21281.0, 21263.0, 21291.0, 21286.0, 21263.0, 21305.0, 21291.0, 21326.0, 21308.0, 21326.0, 21291.0, 21276.0, 21279.0, 21313.0, 21307.0, 21272.0, 21294.0, 21290.0, 21288.0, 21289.0, 21311.0, 21319.0, 21298.0, 21306.0, 21287.0, 21283.0, 21282.0, 21265.0, 21314.0, 21283.0, 21264.0, 21242.0, 21243.0, 21264.0, 21274.0, 21273.0, 21297.0, 21267.0, 21254.0, 21259.0, 21274.0, 21265.0, 21252.0, 21305.0, 21356.0, 21368.0, 21293.0, 21310.0, 21272.0, 21275.0, 21266.0, 21279.0, 21291.0, 21261.0, 21256.0, 21281.0, 21282.0, 21243.0, 21238.0, 21266.0, 21262.0, 21277.0, 21288.0, 21286.0, 21244.0, 21233.0, 21261.0, 21267.0, 21290.0, 21286.0, 21271.0, 21251.0, 21243.0, 21281.0, 21265.0, 21268.0, 21286.0, 21295.0, 21292.0, 21315.0, 21336.0, 21353.0, 21266.0, 21271.0, 21300.0, 21279.0, 21272.0, 21313.0, 21292.0, 21302.0, 21272.0, 21271.0, 21243.0, 21294.0, 21233.0, 21266.0, 21271.0, 21308.0, 21239.0, 21240.0, 21266.0, 21294.0, 21282.0, 21270.0, 21300.0, 21333.0, 21296.0, 21261.0, 21267.0, 21267.0, 21248.0, 21276.0, 21301.0, 21303.0, 21260.0, 21278.0, 21298.0, 21260.0, 21238.0, 21286.0, 21246.0, 21278.0, 21288.0, 21297.0, 21300.0, 21289.0, 21269.0, 21326.0, 21285.0, 21246.0, 21259.0, 21271.0, 21286.0, 21324.0, 21284.0, 21318.0, 21285.0, 21295.0, 21288.0, 21295.0, 21275.0, 21260.0, 21245.0, 21264.0, 21350.0, 21309.0, 21290.0, 21270.0, 21251.0, 21245.0, 21270.0, 21273.0, 21294.0, 21294.0, 21309.0, 21315.0, 21277.0, 21286.0, 21264.0, 21314.0, 21287.0, 21283.0, 21263.0, 21263.0, 21261.0, 21263.0, 21286.0, 21278.0, 21282.0, 21319.0, 21340.0, 21286.0, 21271.0, 21301.0, 21252.0, 21254.0, 21240.0, 21225.0, 21225.0, 21260.0, 21293.0, 21257.0, 21286.0, 21297.0, 21256.0, 21291.0, 21263.0, 21283.0, 21339.0, 21297.0, 21291.0, 21308.0, 21283.0, 21337.0, 21270.0, 21280.0, 21272.0, 21280.0, 21299.0, 21288.0, 21326.0, 21300.0, 21313.0, 21284.0, 21272.0, 21297.0, 21278.0, 21272.0, 21314.0, 21304.0, 21329.0, 21301.0, 21300.0, 21292.0, 21332.0, 21309.0, 21316.0, 21299.0, 21312.0, 21337.0, 21313.0, 21326.0, 21313.0, 21348.0, 21361.0, 21306.0, 21291.0, 21313.0, 21300.0, 21311.0, 21348.0, 21312.0, 21320.0, 21325.0, 21311.0, 21325.0, 21331.0, 21326.0, 21331.0, 21366.0, 21329.0, 21274.0, 21299.0, 21296.0, 21347.0, 21278.0, 21328.0, 21308.0, 21330.0, 21343.0, 21311.0, 21366.0, 21296.0, 21304.0, 21300.0, 21281.0, 21291.0, 21303.0, 21254.0, 21288.0, 21291.0, 21297.0, 21333.0, 21292.0, 21329.0, 21289.0, 21280.0, 21285.0, 21311.0, 21340.0, 21307.0, 21339.0, 21291.0, 21296.0, 21263.0, 21301.0, 21332.0, 21327.0, 21320.0, 21329.0, 21334.0, 21314.0, 21326.0, 21301.0, 21295.0, 21310.0, 21360.0, 21315.0, 21318.0, 21339.0, 21353.0, 21322.0, 21337.0, 21336.0, 21302.0, 21283.0, 21286.0, 21311.0, 21294.0, 21282.0, 21346.0, 21318.0, 21329.0, 21343.0, 21330.0, 21316.0, 21322.0, 21351.0, 21306.0, 21276.0, 21304.0, 21319.0, 21279.0, 21315.0, 21278.0, 21336.0, 21300.0, 21283.0, 21298.0, 21319.0, 21278.0, 21274.0, 21282.0, 21304.0, 21322.0, 21292.0, 21302.0, 21275.0, 21273.0, 21298.0, 21299.0, 21268.0, 21286.0, 21280.0, 21311.0, 21283.0, 21280.0, 21318.0, 21395.0, 21331.0, 21333.0, 21322.0, 21364.0, 21311.0, 21341.0, 21362.0, 21371.0, 21389.0, 21342.0, 21311.0, 21341.0, 21363.0, 21310.0, 21301.0, 21322.0, 21295.0, 21313.0, 21300.0, 21296.0, 21289.0, 21307.0, 21279.0, 21294.0, 21323.0, 21360.0, 21326.0, 21321.0, 21331.0, 21364.0, 21311.0, 21326.0, 21336.0, 21336.0, 21311.0, 21331.0, 21313.0, 21330.0, 21320.0, 21333.0, 21416.0, 21346.0, 21323.0, 21370.0, 21357.0, 21354.0, 21353.0, 21348.0, 21365.0, 21343.0, 21329.0, 21376.0, 21344.0, 21375.0, 21342.0, 21330.0, 21341.0, 21342.0, 21336.0, 21384.0, 21337.0, 21350.0, 21303.0, 21330.0, 21322.0, 21326.0, 21341.0, 21342.0, 21361.0, 21360.0, 21372.0, 21388.0, 21383.0, 21371.0, 21356.0, 21391.0, 21348.0, 21343.0, 21343.0, 21333.0, 21329.0, 21349.0, 21323.0, 21326.0, 21360.0, 21376.0, 21377.0, 21382.0, 21356.0, 21325.0, 21337.0, 21310.0, 21334.0, 21307.0, 21336.0, 21312.0, 21286.0, 21257.0, 21259.0, 21264.0, 21278.0, 21285.0, 21287.0, 21262.0, 21245.0, 21272.0, 21284.0, 21272.0, 21291.0, 21294.0, 21331.0, 21350.0, 21356.0, 21300.0, 21344.0, 21352.0, 21339.0, 21332.0, 21337.0, 21382.0, 21352.0, 21372.0, 21351.0, 21350.0, 21376.0, 21333.0, 21393.0, 21344.0, 21405.0, 21389.0, 21430.0, 21429.0, 21384.0, 21384.0, 21358.0, 21376.0, 21381.0, 21362.0, 21392.0, 21384.0, 21361.0, 21407.0, 21378.0]}, "slices": {}}}