{"AcquisitionMatrixPE": 96, "AcquisitionNumber": 1, "AcquisitionTime": "07:56:23.217500", "BandwidthPerPixelPhaseEncode": 33.602, "BaseResolution": 96, "BodyPartExamined": "BRAIN", "ConsistencyInfo": "N4_VD13A_LATEST_20120616", "ConversionSoftware": "dcm2niix", "ConversionSoftwareVersion": "v1.0.20210317", "DerivedVendorReportedEchoSpacing": 0.000620003, "DeviceSerialNumber": "45239", "DwellTime": 2.6e-06, "EchoTime": 0.03, "EchoTrainLength": 47, "EffectiveEchoSpacing": 0.000310001, "FlipAngle": 63, "ImageComments": "Unaliased MB4/PE3", "ImageOrientationPatientDICOM": [0.998698, -0.0449112, 0.0241822, 0.0510078, 0.879331, -0.473471], "ImageType": ["ORIGINAL", "PRIMARY", "M", "ND", "NORM", "MOSAIC"], "ImagingFrequency": 123.191, "InPlanePhaseEncodingDirectionDICOM": "COL", "InstitutionAddress": "E 24th St. 100,Austin,Southmiddle,US,78712", "InstitutionName": "Univ of Texas at Austin", "InstitutionalDepartmentName": "IRC", "MRAcquisitionType": "2D", "MagneticFieldStrength": 3, "Manufacturer": "Siemens", "ManufacturersModelName": "Skyra", "Modality": "MR", "MultibandAccelerationFactor": 4, "ParallelReductionFactorInPlane": 2, "PartialFourier": 1, "PatientPosition": "HFS", "PercentPhaseFOV": 100, "PercentSampling": 100, "PhaseEncodingDirection": "j-", "PhaseEncodingSteps": 95, "PhaseResolution": 1, "PixelBandwidth": 2005, "ProcedureStepDescription": "Poldrack2^self-scanning", "ProtocolName": "loc_hard_easy", "PulseSequenceDetails": "%CustomerSeq%\\cmrr_mbep2d_bold", "ReceiveCoilActiveElements": "HEA;HEP", "ReceiveCoilName": "Head_32", "ReconMatrixPE": 96, "RefLinesPE": 48, "RepetitionTime": 1.16, "SAR": 0.123383, "ScanOptions": "FS", "ScanningSequence": "EP", "SequenceName": "epfid2d1_96", "SequenceVariant": "SK", "SeriesDescription": "loc_hard_easy", "SeriesNumber": 10, "ShimSetting": [-2964, 8338, -15467, -829, 201, -624, 35, 164], "SliceThickness": 2, "SliceTiming": [0, 0.4975, 0.995, 0.355, 0.8525, 0.2125, 0.71, 0.07, 0.5675, 1.0675, 0.425, 0.925, 0.2825, 0.7825, 0.14, 0.64, 0, 0.4975, 0.995, 0.355, 0.8525, 0.2125, 0.71, 0.07, 0.5675, 1.0675, 0.425, 0.925, 0.2825, 0.7825, 0.14, 0.64, 0, 0.4975, 0.995, 0.355, 0.8525, 0.2125, 0.71, 0.07, 0.5675, 1.0675, 0.425, 0.925, 0.2825, 0.7825, 0.14, 0.64, 0, 0.4975, 0.995, 0.355, 0.8525, 0.2125, 0.71, 0.07, 0.5675, 1.0675, 0.425, 0.925, 0.2825, 0.7825, 0.14, 0.64], "SoftwareVersions": "syngo MR D13", "SpacingBetweenSlices": 2.4, "StationName": "AWP45239", "TaskName": "Spatial working memory task", "TotalReadoutTime": 0.0294501, "TxRefAmp": 343.124, "WipMemBlock": "0e7e2520-05c0-4487-8df5-d32a1b1dbc6b||Sequence: vd13a/R010 r/fd129fc; Dec 13 2013 16:14:27 by eja", "dcmmeta_affine": [[-2.392714500427246, 0.12220615893602371, -9.271517775744087e-09, 107.593505859375], [0.10759976506233215, 2.1067309379577637, -1.1378117799758911, -95.31666564941406], [0.05793648958206177, 1.1343576908111572, 2.1131458282470703, -76.1186294555664], [0.0, 0.0, 0.0, 1.0]], "dcmmeta_reorient_transform": [[0.0, -1.0, 0.0, 95.0], [1.0, 0.0, 0.0, 0.0], [0.0, 0.0, 1.0, 0.0], [0.0, 0.0, 0.0, 1.0]], "dcmmeta_shape": [96, 96, 64, 387], "dcmmeta_slice_dim": 2, "dcmmeta_version": 0.6, "global": {"const": {"AcquisitionMatrix": [96, 0, 0, 96], "AngioFlag": "N", "BitsAllocated": 16, "BitsStored": 16, "BodyPartExamined": "BRAIN", "Columns": 768, "DeidentificationMethodCodeSequence": [{"CodeMeaning": "XNAT Edit Script", "CodeValue": "93", "CodingSchemeDesignator": "XNAT", "CodingSchemeVersion": "0.1"}], "EchoNumbers": 1, "EchoTime": 30.0, "EchoTrainLength": 47, "FlipAngle": 63.0, "HighBit": 15, "ImageOrientationPatient": [0.9986982553822, -0.0449112063593, 0.02418218848471, 0.05100779054772, 0.87933119872615, -0.4734710637941], "ImagePositionPatient": [-964.21642971617, -776.53084562427, 393.32288818532], "ImageType": ["ORIGINAL", "PRIMARY", "M", "ND", "NORM", "MOSAIC"], "ImagedNucleus": "1H", "ImagingFrequency": 123.19113, "InPlanePhaseEncodingDirection": "COL", "MRAcquisitionType": "2D", "MagneticFieldStrength": 3.0, "Manufacturer": "SIEMENS", "ManufacturerModelName": "Skyra", "Modality": "MR", "NumberOfAverages": 1.0, "NumberOfPhaseEncodingSteps": 95, "PercentPhaseFieldOfView": 100.0, "PercentSampling": 100.0, "PerformedProcedureStepStartTime": "072514.268000", "PhotometricInterpretation": "MONOCHROME2", "PixelBandwidth": 2005.0, "PixelRepresentation": 0, "PixelSpacing": [2.3958332538605, 2.3958332538605], "ProtocolName": "loc_hard_easy", "RepetitionTime": 1160.0, "Rows": 768, "SAR": 0.12338325680493, "SamplesPerPixel": 1, "ScanOptions": "FS", "ScanningSequence": "EP", "SequenceName": "epfid2d1_96", "SequenceVariant": "SK", "SeriesDescription": "loc_hard_easy", "SeriesNumber": 10, "SeriesTime": "075707.364000", "SliceLocation": -21.832222318668, "SliceThickness": 2.0, "SmallestImagePixelValue": 0, "SoftwareVersions": "syngo MR D13", "SpacingBetweenSlices": 2.4000000681755, "SpecificCharacterSet": "ISO_IR 100", "StudyID": "1", "StudyTime": "072514.190000", "TransmitCoilName": "Body", "VariableFlipAngleFlag": "N", "WindowCenterWidthExplanation": "Algo1", "dBdt": 0.0}, "slices": {}}, "time": {"samples": {"AcquisitionNumber": [1, 2, 3, 4, 5, 6, 7, 8, 9, 10, 11, 12, 13, 14, 15, 16, 17, 18, 19, 20, 21, 22, 23, 24, 25, 26, 27, 28, 29, 30, 31, 32, 33, 34, 35, 36, 37, 38, 39, 40, 41, 42, 43, 44, 45, 46, 47, 48, 49, 50, 51, 52, 53, 54, 55, 56, 57, 58, 59, 60, 61, 62, 63, 64, 65, 66, 67, 68, 69, 70, 71, 72, 73, 74, 75, 76, 77, 78, 79, 80, 81, 82, 83, 84, 85, 86, 87, 88, 89, 90, 91, 92, 93, 94, 95, 96, 97, 98, 99, 100, 101, 102, 103, 104, 105, 106, 107, 108, 109, 110, 111, 112, 113, 114, 115, 116, 117, 118, 119, 120, 121, 122, 123, 124, 125, 126, 127, 128, 129, 130, 131, 132, 133, 134, 135, 136, 137, 138, 139, 140, 141, 142, 143, 144, 145, 146, 147, 148, 149, 150, 151, 152, 153, 154, 155, 156, 157, 158, 159, 160, 161, 162, 163, 164, 165, 166, 167, 168, 169, 170, 171, 172, 173, 174, 175, 176, 177, 178, 179, 180, 181, 182, 183, 184, 185, 186, 187, 188, 189, 190, 191, 192, 193, 194, 195, 196, 197, 198, 199, 200, 201, 202, 203, 204, 205, 206, 207, 208, 209, 210, 211, 212, 213, 214, 215, 216, 217, 218, 219, 220, 221, 222, 223, 224, 225, 226, 227, 228, 229, 230, 231, 232, 233, 234, 235, 236, 237, 238, 239, 240, 241, 242, 243, 244, 245, 246, 247, 248, 249, 250, 251, 252, 253, 254, 255, 256, 257, 258, 259, 260, 261, 262, 263, 264, 265, 266, 267, 268, 269, 270, 271, 272, 273, 274, 275, 276, 277, 278, 279, 280, 281, 282, 283, 284, 285, 286, 287, 288, 289, 290, 291, 292, 293, 294, 295, 296, 297, 298, 299, 300, 301, 302, 303, 304, 305, 306, 307, 308, 309, 310, 311, 312, 313, 314, 315, 316, 317, 318, 319, 320, 321, 322, 323, 324, 325, 326, 327, 328, 329, 330, 331, 332, 333, 334, 335, 336, 337, 338, 339, 340, 341, 342, 343, 344, 345, 346, 347, 348, 349, 350, 351, 352, 353, 354, 355, 356, 357, 358, 359, 360, 361, 362, 363, 364, 365, 366, 367, 368, 369, 370, 371, 372, 373, 374, 375, 376, 377, 378, 379, 380, 381, 382, 383, 384, 385, 386, 387], "AcquisitionTime": ["075623.217500", "075630.157500", "075631.317500", "075632.477500", "075633.637500", "075634.797500", "075635.957500", "075637.117500", "075638.277500", "075639.437500", "075640.597500", "075641.757500", "075642.917500", "075644.077500", "075645.237500", "075646.397500", "075647.557500", "075648.717500", "075649.877500", "075651.037500", "075652.197500", "075653.357500", "075654.517500", "075655.677500", "075656.837500", "075657.997500", "075659.157500", "075700.317500", "075701.477500", "075702.637500", "075703.797500", "075704.957500", "075706.117500", "075707.277500", "075708.437500", "075709.597500", "075710.757500", "075711.917500", "075713.077500", "075714.237500", "075715.397500", "075716.557500", "075717.717500", "075718.877500", "075720.037500", "075721.197500", "075722.357500", "075723.517500", "075724.677500", "075725.837500", "075726.997500", "075728.157500", "075729.317500", "075730.477500", "075731.637500", "075732.797500", "075733.957500", "075735.117500", "075736.277500", "075737.437500", "075738.597500", "075739.757500", "075740.917500", "075742.077500", "075743.237500", "075744.397500", "075745.557500", "075746.717500", "075747.877500", "075749.037500", "075750.197500", "075751.357500", "075752.517500", "075753.677500", "075754.837500", "075755.997500", "075757.157500", "075758.317500", "075759.477500", "075800.637500", "075801.797500", "075802.957500", "075804.117500", "075805.277500", "075806.437500", "075807.597500", "075808.757500", "075809.917500", "075811.077500", "075812.237500", "075813.397500", "075814.557500", "075815.717500", "075816.877500", "075818.037500", "075819.197500", "075820.357500", "075821.517500", "075822.677500", "075823.837500", "075824.997500", "075826.157500", "075827.317500", "075828.477500", "075829.637500", "075830.797500", "075831.957500", "075833.117500", "075834.277500", "075835.437500", "075836.597500", "075837.757500", "075838.917500", "075840.077500", "075841.237500", "075842.397500", "075843.557500", "075844.717500", "075845.877500", "075847.037500", "075848.197500", "075849.357500", "075850.517500", "075851.677500", "075852.837500", "075853.997500", "075855.157500", "075856.317500", "075857.477500", "075858.637500", "075859.797500", "075900.957500", "075902.117500", "075903.277500", "075904.437500", "075905.597500", "075906.757500", "075907.917500", "075909.077500", "075910.237500", "075911.397500", "075912.557500", "075913.717500", "075914.877500", "075916.037500", "075917.197500", "075918.357500", "075919.517500", "075920.677500", "075921.837500", "075922.997500", "075924.157500", "075925.317500", "075926.477500", "075927.637500", "075928.797500", "075929.957500", "075931.117500", "075932.277500", "075933.437500", "075934.597500", "075935.757500", "075936.917500", "075938.077500", "075939.237500", "075940.397500", "075941.557500", "075942.717500", "075943.877500", "075945.037500", "075946.197500", "075947.357500", "075948.517500", "075949.677500", "075950.837500", "075951.997500", "075953.157500", "075954.317500", "075955.477500", "075956.637500", "075957.797500", "075958.957500", "080000.117500", "080001.277500", "080002.437500", "080003.597500", "080004.757500", "080005.917500", "080007.077500", "080008.237500", "080009.397500", "080010.557500", "080011.717500", "080012.877500", "080014.037500", "080015.197500", "080016.357500", "080017.517500", "080018.677500", "080019.837500", "080020.997500", "080022.157500", "080023.317500", "080024.477500", "080025.637500", "080026.797500", "080027.957500", "080029.117500", "080030.277500", "080031.437500", "080032.597500", "080033.757500", "080034.917500", "080036.077500", "080037.237500", "080038.397500", "080039.557500", "080040.717500", "080041.877500", "080043.037500", "080044.197500", "080045.357500", "080046.517500", "080047.677500", "080048.837500", "080049.997500", "080051.157500", "080052.317500", "080053.477500", "080054.637500", "080055.797500", "080056.957500", "080058.117500", "080059.277500", "080100.437500", "080101.597500", "080102.757500", "080103.917500", "080105.077500", "080106.237500", "080107.397500", "080108.557500", "080109.717500", "080110.877500", "080112.037500", "080113.197500", "080114.357500", "080115.517500", "080116.677500", "080117.837500", "080119.000000", "080120.160000", "080121.320000", "080122.480000", "080123.640000", "080124.800000", "080125.960000", "080127.120000", "080128.280000", "080129.440000", "080130.600000", "080131.760000", "080132.920000", "080134.080000", "080135.240000", "080136.400000", "080137.560000", "080138.720000", "080139.880000", "080141.040000", "080142.200000", "080143.360000", "080144.520000", "080145.680000", "080146.840000", "080148.000000", "080149.160000", "080150.320000", "080151.480000", "080152.640000", "080153.800000", "080154.960000", "080156.120000", "080157.280000", "080158.440000", "080159.600000", "080200.760000", "080201.920000", "080203.080000", "080204.240000", "080205.400000", "080206.560000", "080207.720000", "080208.880000", "080210.040000", "080211.200000", "080212.360000", "080213.520000", "080214.680000", "080215.840000", "080217.000000", "080218.160000", "080219.320000", "080220.480000", "080221.640000", "080222.800000", "080223.960000", "080225.120000", "080226.280000", "080227.440000", "080228.600000", "080229.760000", "080230.920000", "080232.080000", "080233.240000", "080234.400000", "080235.560000", "080236.720000", "080237.880000", "080239.040000", "080240.200000", "080241.360000", "080242.520000", "080243.680000", "080244.840000", "080246.000000", "080247.160000", "080248.320000", "080249.480000", "080250.640000", "080251.800000", "080252.960000", "080254.120000", "080255.280000", "080256.440000", "080257.600000", "080258.760000", "080259.920000", "080301.080000", "080302.240000", "080303.400000", "080304.560000", "080305.720000", "080306.880000", "080308.040000", "080309.200000", "080310.360000", "080311.520000", "080312.680000", "080313.840000", "080315.000000", "080316.160000", "080317.320000", "080318.480000", "080319.640000", "080320.800000", "080321.960000", "080323.120000", "080324.280000", "080325.440000", "080326.600000", "080327.760000", "080328.920000", "080330.080000", "080331.240000", "080332.400000", "080333.560000", "080334.720000", "080335.880000", "080337.040000", "080338.200000", "080339.360000", "080340.520000", "080341.680000", "080342.840000", "080344.000000", "080345.160000", "080346.320000", "080347.480000", "080348.640000", "080349.800000", "080350.960000", "080352.120000", "080353.280000", "080354.440000", "080355.600000", "080356.760000"], "ContentTime": ["075707.368000", "075707.372000", "075707.380000", "075707.384000", "075707.388000", "075707.392000", "075707.396000", "075707.400000", "075707.404000", "075707.408000", "075707.412000", "075707.416000", "075707.419000", "075707.423000", "075707.430000", "075707.434000", "075707.437000", "075707.441000", "075707.445000", "075707.449000", "075707.453000", "075707.457000", "075707.460000", "075707.464000", "075707.468000", "075707.472000", "075707.476000", "075707.480000", "075727.335000", "075727.339000", "075727.348000", "075727.352000", "075727.356000", "075727.360000", "075727.364000", "075727.368000", "075727.378000", "075727.382000", "075727.386000", "075727.390000", "075727.394000", "075727.397000", "075727.401000", "075727.405000", "075727.409000", "075727.413000", "075727.418000", "075727.422000", "075807.334000", "075807.338000", "075807.342000", "075807.346000", "075807.349000", "075807.353000", "075807.358000", "075807.362000", "075807.366000", "075807.369000", "075807.374000", "075807.378000", "075807.382000", "075807.385000", "075807.389000", "075807.393000", "075807.397000", "075807.400000", "075807.404000", "075807.408000", "075807.412000", "075807.415000", "075807.420000", "075807.424000", "075807.427000", "075807.437000", "075807.441000", "075807.445000", "075807.449000", "075807.452000", "075807.456000", "075807.460000", "075807.464000", "075807.467000", "075807.471000", "075807.475000", "075847.332000", "075847.336000", "075847.345000", "075847.349000", "075847.353000", "075847.357000", "075847.361000", "075847.371000", "075847.374000", "075847.379000", "075847.383000", "075847.390000", "075847.395000", "075847.399000", "075847.406000", "075847.411000", "075847.416000", "075847.420000", "075847.424000", "075847.428000", "075847.433000", "075847.436000", "075847.440000", "075847.445000", "075847.449000", "075847.452000", "075847.457000", "075847.461000", "075847.465000", "075847.469000", "075847.473000", "075847.476000", "075847.480000", "075847.486000", "075927.334000", "075927.339000", "075927.343000", "075927.347000", "075927.351000", "075927.355000", "075927.359000", "075927.363000", "075927.367000", "075927.371000", "075927.375000", "075927.379000", "075927.382000", "075927.386000", "075927.390000", "075927.394000", "075927.398000", "075927.402000", "075927.406000", "075927.410000", "075927.414000", "075927.418000", "075927.422000", "075927.426000", "075927.430000", "075927.433000", "075927.437000", "075927.441000", "075927.444000", "075927.448000", "075927.452000", "075927.456000", "075927.460000", "075927.464000", "075927.468000", "080007.334000", "080007.339000", "080007.343000", "080007.350000", "080007.354000", "080007.358000", "080007.361000", "080007.366000", "080007.370000", "080007.374000", "080007.377000", "080007.381000", "080007.386000", "080007.390000", "080007.394000", "080007.398000", "080007.402000", "080007.405000", "080007.409000", "080007.413000", "080007.418000", "080007.422000", "080007.425000", "080007.429000", "080007.434000", "080007.437000", "080007.441000", "080007.445000", "080007.449000", "080007.453000", "080007.457000", "080007.461000", "080007.465000", "080007.469000", "080047.333000", "080047.338000", "080047.341000", "080047.345000", "080047.349000", "080047.353000", "080047.357000", "080047.361000", "080047.365000", "080047.368000", "080047.372000", "080047.377000", "080047.381000", "080047.385000", "080047.389000", "080047.393000", "080047.398000", "080047.402000", "080047.406000", "080047.410000", "080047.414000", "080047.418000", "080047.421000", "080047.426000", "080047.430000", "080047.434000", "080047.438000", "080047.442000", "080047.446000", "080047.449000", "080047.453000", "080047.457000", "080047.461000", "080047.465000", "080047.469000", "080127.334000", "080127.338000", "080127.342000", "080127.346000", "080127.354000", "080127.358000", "080127.362000", "080127.366000", "080127.370000", "080127.374000", "080127.379000", "080127.383000", "080127.387000", "080127.400000", "080127.404000", "080127.408000", "080127.412000", "080127.415000", "080127.419000", "080127.423000", "080127.429000", "080127.433000", "080127.437000", "080127.441000", "080127.445000", "080127.450000", "080127.454000", "080127.458000", "080127.462000", "080127.465000", "080127.469000", "080127.473000", "080127.477000", "080127.481000", "080207.335000", "080207.339000", "080207.343000", "080207.348000", "080207.352000", "080207.356000", "080207.359000", "080207.363000", "080207.368000", "080207.372000", "080207.376000", "080207.380000", "080207.384000", "080207.388000", "080207.392000", "080207.396000", "080207.400000", "080207.404000", "080207.407000", "080207.411000", "080207.415000", "080207.419000", "080207.423000", "080207.427000", "080207.431000", "080207.435000", "080207.438000", "080207.442000", "080207.446000", "080207.450000", "080207.454000", "080207.459000", "080207.463000", "080207.466000", "080247.334000", "080247.338000", "080247.342000", "080247.346000", "080247.350000", "080247.354000", "080247.358000", "080247.362000", "080247.366000", "080247.370000", "080247.374000", "080247.378000", "080247.382000", "080247.386000", "080247.390000", "080247.394000", "080247.398000", "080247.401000", "080247.406000", "080247.410000", "080247.414000", "080247.418000", "080247.422000", "080247.426000", "080247.430000", "080247.434000", "080247.438000", "080247.442000", "080247.446000", "080247.450000", "080247.454000", "080247.458000", "080247.461000", "080247.466000", "080247.472000", "080307.334000", "080307.339000", "080307.343000", "080307.347000", "080307.351000", "080307.355000", "080307.359000", "080307.363000", "080307.369000", "080307.374000", "080307.378000", "080307.382000", "080307.386000", "080307.390000", "080307.394000", "080307.398000", "080307.402000", "080347.332000", "080347.336000", "080347.341000", "080347.345000", "080347.349000", "080347.353000", "080347.358000", "080347.361000", "080347.365000", "080347.369000", "080347.373000", "080347.377000", "080347.381000", "080347.385000", "080347.389000", "080347.393000", "080347.397000", "080347.401000", "080347.406000", "080347.410000", "080347.413000", "080347.417000", "080347.422000", "080347.426000", "080347.430000", "080347.434000", "080347.438000", "080347.442000", "080347.446000", "080347.450000", "080347.454000", "080347.458000", "080347.462000", "080347.466000", "080347.470000", "080358.634000", "080358.638000", "080358.642000", "080358.646000", "080358.650000", "080358.654000", "080358.658000", "080358.662000", "080358.667000", "080358.671000"], "InstanceCreationTime": ["075707.368000", "075707.372000", "075707.380000", "075707.384000", "075707.388000", "075707.392000", "075707.396000", "075707.400000", "075707.404000", "075707.408000", "075707.412000", "075707.416000", "075707.419000", "075707.423000", "075707.430000", "075707.434000", "075707.437000", "075707.441000", "075707.445000", "075707.449000", "075707.453000", "075707.457000", "075707.460000", "075707.464000", "075707.468000", "075707.472000", "075707.476000", "075707.480000", "075727.335000", "075727.339000", "075727.348000", "075727.352000", "075727.356000", "075727.360000", "075727.364000", "075727.368000", "075727.378000", "075727.382000", "075727.386000", "075727.390000", "075727.394000", "075727.397000", "075727.401000", "075727.405000", "075727.409000", "075727.413000", "075727.418000", "075727.422000", "075807.334000", "075807.338000", "075807.342000", "075807.346000", "075807.349000", "075807.353000", "075807.358000", "075807.362000", "075807.366000", "075807.369000", "075807.374000", "075807.378000", "075807.382000", "075807.385000", "075807.389000", "075807.393000", "075807.397000", "075807.400000", "075807.404000", "075807.408000", "075807.412000", "075807.415000", "075807.420000", "075807.424000", "075807.427000", "075807.437000", "075807.441000", "075807.445000", "075807.449000", "075807.452000", "075807.456000", "075807.460000", "075807.464000", "075807.467000", "075807.471000", "075807.475000", "075847.332000", "075847.336000", "075847.345000", "075847.349000", "075847.353000", "075847.357000", "075847.361000", "075847.371000", "075847.374000", "075847.379000", "075847.383000", "075847.390000", "075847.395000", "075847.399000", "075847.406000", "075847.411000", "075847.416000", "075847.420000", "075847.424000", "075847.428000", "075847.433000", "075847.436000", "075847.440000", "075847.445000", "075847.449000", "075847.452000", "075847.457000", "075847.461000", "075847.465000", "075847.469000", "075847.473000", "075847.476000", "075847.480000", "075847.486000", "075927.334000", "075927.339000", "075927.343000", "075927.347000", "075927.351000", "075927.355000", "075927.359000", "075927.363000", "075927.367000", "075927.371000", "075927.375000", "075927.379000", "075927.382000", "075927.386000", "075927.390000", "075927.394000", "075927.398000", "075927.402000", "075927.406000", "075927.410000", "075927.414000", "075927.418000", "075927.422000", "075927.426000", "075927.430000", "075927.433000", "075927.437000", "075927.441000", "075927.444000", "075927.448000", "075927.452000", "075927.456000", "075927.460000", "075927.464000", "075927.468000", "080007.334000", "080007.339000", "080007.343000", "080007.350000", "080007.354000", "080007.358000", "080007.361000", "080007.366000", "080007.370000", "080007.374000", "080007.377000", "080007.381000", "080007.386000", "080007.390000", "080007.394000", "080007.398000", "080007.402000", "080007.405000", "080007.409000", "080007.413000", "080007.418000", "080007.422000", "080007.425000", "080007.429000", "080007.434000", "080007.437000", "080007.441000", "080007.445000", "080007.449000", "080007.453000", "080007.457000", "080007.461000", "080007.465000", "080007.469000", "080047.333000", "080047.338000", "080047.341000", "080047.345000", "080047.349000", "080047.353000", "080047.357000", "080047.361000", "080047.365000", "080047.368000", "080047.372000", "080047.377000", "080047.381000", "080047.385000", "080047.389000", "080047.393000", "080047.398000", "080047.402000", "080047.406000", "080047.410000", "080047.414000", "080047.418000", "080047.421000", "080047.426000", "080047.430000", "080047.434000", "080047.438000", "080047.442000", "080047.446000", "080047.449000", "080047.453000", "080047.457000", "080047.461000", "080047.465000", "080047.469000", "080127.334000", "080127.338000", "080127.342000", "080127.346000", "080127.354000", "080127.358000", "080127.362000", "080127.366000", "080127.370000", "080127.374000", "080127.379000", "080127.383000", "080127.387000", "080127.400000", "080127.404000", "080127.408000", "080127.412000", "080127.415000", "080127.419000", "080127.423000", "080127.429000", "080127.433000", "080127.437000", "080127.441000", "080127.445000", "080127.450000", "080127.454000", "080127.458000", "080127.462000", "080127.465000", "080127.469000", "080127.473000", "080127.477000", "080127.481000", "080207.335000", "080207.339000", "080207.343000", "080207.348000", "080207.352000", "080207.356000", "080207.359000", "080207.363000", "080207.368000", "080207.372000", "080207.376000", "080207.380000", "080207.384000", "080207.388000", "080207.392000", "080207.396000", "080207.400000", "080207.404000", "080207.407000", "080207.411000", "080207.415000", "080207.419000", "080207.423000", "080207.427000", "080207.431000", "080207.435000", "080207.438000", "080207.442000", "080207.446000", "080207.450000", "080207.454000", "080207.459000", "080207.463000", "080207.466000", "080247.334000", "080247.338000", "080247.342000", "080247.346000", "080247.350000", "080247.354000", "080247.358000", "080247.362000", "080247.366000", "080247.370000", "080247.374000", "080247.378000", "080247.382000", "080247.386000", "080247.390000", "080247.394000", "080247.398000", "080247.401000", "080247.406000", "080247.410000", "080247.414000", "080247.418000", "080247.422000", "080247.426000", "080247.430000", "080247.434000", "080247.438000", "080247.442000", "080247.446000", "080247.450000", "080247.454000", "080247.458000", "080247.461000", "080247.466000", "080247.472000", "080307.334000", "080307.339000", "080307.343000", "080307.347000", "080307.351000", "080307.355000", "080307.359000", "080307.363000", "080307.369000", "080307.374000", "080307.378000", "080307.382000", "080307.386000", "080307.390000", "080307.394000", "080307.398000", "080307.402000", "080347.332000", "080347.336000", "080347.341000", "080347.345000", "080347.349000", "080347.353000", "080347.358000", "080347.361000", "080347.365000", "080347.369000", "080347.373000", "080347.377000", "080347.381000", "080347.385000", "080347.389000", "080347.393000", "080347.397000", "080347.401000", "080347.406000", "080347.410000", "080347.413000", "080347.417000", "080347.422000", "080347.426000", "080347.430000", "080347.434000", "080347.438000", "080347.442000", "080347.446000", "080347.450000", "080347.454000", "080347.458000", "080347.462000", "080347.466000", "080347.470000", "080358.634000", "080358.638000", "080358.642000", "080358.646000", "080358.650000", "080358.654000", "080358.658000", "080358.662000", "080358.667000", "080358.671000"], "InstanceNumber": [1, 2, 3, 4, 5, 6, 7, 8, 9, 10, 11, 12, 13, 14, 15, 16, 17, 18, 19, 20, 21, 22, 23, 24, 25, 26, 27, 28, 29, 30, 31, 32, 33, 34, 35, 36, 37, 38, 39, 40, 41, 42, 43, 44, 45, 46, 47, 48, 49, 50, 51, 52, 53, 54, 55, 56, 57, 58, 59, 60, 61, 62, 63, 64, 65, 66, 67, 68, 69, 70, 71, 72, 73, 74, 75, 76, 77, 78, 79, 80, 81, 82, 83, 84, 85, 86, 87, 88, 89, 90, 91, 92, 93, 94, 95, 96, 97, 98, 99, 100, 101, 102, 103, 104, 105, 106, 107, 108, 109, 110, 111, 112, 113, 114, 115, 116, 117, 118, 119, 120, 121, 122, 123, 124, 125, 126, 127, 128, 129, 130, 131, 132, 133, 134, 135, 136, 137, 138, 139, 140, 141, 142, 143, 144, 145, 146, 147, 148, 149, 150, 151, 152, 153, 154, 155, 156, 157, 158, 159, 160, 161, 162, 163, 164, 165, 166, 167, 168, 169, 170, 171, 172, 173, 174, 175, 176, 177, 178, 179, 180, 181, 182, 183, 184, 185, 186, 187, 188, 189, 190, 191, 192, 193, 194, 195, 196, 197, 198, 199, 200, 201, 202, 203, 204, 205, 206, 207, 208, 209, 210, 211, 212, 213, 214, 215, 216, 217, 218, 219, 220, 221, 222, 223, 224, 225, 226, 227, 228, 229, 230, 231, 232, 233, 234, 235, 236, 237, 238, 239, 240, 241, 242, 243, 244, 245, 246, 247, 248, 249, 250, 251, 252, 253, 254, 255, 256, 257, 258, 259, 260, 261, 262, 263, 264, 265, 266, 267, 268, 269, 270, 271, 272, 273, 274, 275, 276, 277, 278, 279, 280, 281, 282, 283, 284, 285, 286, 287, 288, 289, 290, 291, 292, 293, 294, 295, 296, 297, 298, 299, 300, 301, 302, 303, 304, 305, 306, 307, 308, 309, 310, 311, 312, 313, 314, 315, 316, 317, 318, 319, 320, 321, 322, 323, 324, 325, 326, 327, 328, 329, 330, 331, 332, 333, 334, 335, 336, 337, 338, 339, 340, 341, 342, 343, 344, 345, 346, 347, 348, 349, 350, 351, 352, 353, 354, 355, 356, 357, 358, 359, 360, 361, 362, 363, 364, 365, 366, 367, 368, 369, 370, 371, 372, 373, 374, 375, 376, 377, 378, 379, 380, 381, 382, 383, 384, 385, 386, 387], "LargestImagePixelValue": [44574, 34183, 35519, 32340, 52857, 40478, 44875, 35846, 42028, 37677, 36482, 47313, 39437, 45128, 40496, 39606, 50612, 37613, 46079, 37235, 30884, 52600, 33172, 32909, 37344, 31731, 41970, 32087, 31327, 35319, 33033, 35488, 37069, 47132, 38502, 33843, 38698, 37596, 49129, 46346, 45592, 35483, 34102, 54587, 38707, 39793, 38867, 43112, 47967, 37488, 46995, 39737, 40855, 54148, 41445, 36798, 44528, 35497, 36540, 48022, 41275, 49249, 38325, 37559, 34553, 33271, 35909, 46770, 44478, 33135, 43791, 33030, 41092, 36663, 42241, 34573, 44858, 37849, 38015, 37323, 46618, 51681, 42174, 46122, 35635, 41166, 41042, 46143, 50389, 41969, 37598, 54082, 46666, 46555, 37552, 36829, 48516, 36387, 41334, 31337, 51465, 37833, 35454, 50044, 40394, 44791, 34410, 47731, 36426, 45206, 34669, 38173, 42116, 44126, 37127, 35444, 47254, 35904, 40179, 33051, 36996, 38024, 41120, 55186, 52064, 41322, 40572, 44262, 32828, 55534, 51395, 47464, 39231, 46610, 42711, 39895, 54141, 45136, 50136, 32659, 36103, 47849, 37901, 35677, 37422, 40202, 38529, 29830, 42601, 34809, 34979, 47021, 37277, 36880, 36144, 38781, 47438, 38296, 32489, 36695, 34358, 49906, 39263, 45952, 38291, 42038, 46585, 38704, 45502, 38879, 43353, 46755, 33533, 49091, 37110, 46335, 35316, 34498, 47811, 40582, 45902, 35145, 36474, 33078, 41911, 42888, 36462, 41618, 37401, 53772, 36722, 48600, 39308, 37443, 45228, 34252, 46426, 39859, 40041, 45721, 40801, 41591, 51593, 41967, 44402, 34089, 39890, 43285, 35841, 39041, 36075, 36992, 43197, 38011, 47547, 41519, 38459, 46773, 35559, 53567, 42663, 44115, 38201, 47518, 35276, 40750, 37884, 44277, 52030, 40520, 42489, 35496, 52601, 40617, 41858, 44060, 32379, 36352, 37121, 53961, 44006, 44754, 37629, 38679, 44945, 40129, 40054, 38312, 43257, 40727, 40769, 48599, 42472, 42592, 36896, 46820, 37870, 50714, 32732, 52595, 43291, 50642, 41331, 40295, 40301, 46523, 36327, 36850, 37395, 41927, 45380, 33418, 48149, 35978, 43770, 39941, 39122, 48397, 42133, 33313, 40557, 37708, 40542, 39221, 38583, 47484, 40602, 48311, 37000, 47493, 40763, 47016, 33789, 38372, 36365, 41010, 47988, 35820, 45693, 47670, 38484, 37698, 47009, 45860, 39264, 49787, 38457, 47023, 34760, 39035, 49537, 39520, 41475, 41572, 38672, 45657, 35837, 34825, 50838, 39508, 49981, 39514, 45287, 46636, 41865, 40694, 40659, 40866, 37684, 50331, 48824, 40261, 39724, 39380, 38321, 33338, 52929, 40498, 40864, 33001, 36726, 37199, 41095, 33227, 40670, 42674, 42671, 51218, 38088, 36340, 38797, 48133, 40008, 38419, 38923, 38490, 42344, 46924, 43395, 50493, 38306, 40045, 34453, 37171, 39677, 36901, 39328, 38725, 50759, 38219, 44504, 39451, 43279, 38921, 37722, 38955, 47303, 39588, 50031, 46683, 49955, 44248, 43550, 45013, 43151, 38306, 44708], "WindowCenter": [11210.0, 11168.0, 11157.0, 11145.0, 11198.0, 11167.0, 11171.0, 11160.0, 11182.0, 11171.0, 11153.0, 11177.0, 11160.0, 11183.0, 11179.0, 11164.0, 11180.0, 11154.0, 11175.0, 11149.0, 11134.0, 11185.0, 11148.0, 11151.0, 11165.0, 11143.0, 11187.0, 11160.0, 11158.0, 11174.0, 11168.0, 11187.0, 11184.0, 11204.0, 11177.0, 11164.0, 11181.0, 11172.0, 11200.0, 11190.0, 11192.0, 11170.0, 11163.0, 11206.0, 11171.0, 11181.0, 11171.0, 11175.0, 11187.0, 11167.0, 11194.0, 11189.0, 11186.0, 11200.0, 11166.0, 11151.0, 11172.0, 11147.0, 11148.0, 11168.0, 11149.0, 11158.0, 11137.0, 11150.0, 11140.0, 11153.0, 11162.0, 11184.0, 11181.0, 11150.0, 11186.0, 11168.0, 11186.0, 11174.0, 11185.0, 11162.0, 11193.0, 11182.0, 11180.0, 11189.0, 11206.0, 11217.0, 11188.0, 11196.0, 11185.0, 11209.0, 11203.0, 11209.0, 11213.0, 11191.0, 11170.0, 11204.0, 11188.0, 11194.0, 11175.0, 11169.0, 11197.0, 11167.0, 11185.0, 11161.0, 11206.0, 11175.0, 11155.0, 11200.0, 11184.0, 11188.0, 11169.0, 11205.0, 11179.0, 11197.0, 11179.0, 11186.0, 11187.0, 11187.0, 11170.0, 11167.0, 11197.0, 11172.0, 11183.0, 11167.0, 11190.0, 11191.0, 11189.0, 11205.0, 11204.0, 11181.0, 11185.0, 11194.0, 11167.0, 11230.0, 11237.0, 11220.0, 11191.0, 11196.0, 11189.0, 11160.0, 11175.0, 11154.0, 11160.0, 11120.0, 11135.0, 11159.0, 11137.0, 11137.0, 11145.0, 11162.0, 11161.0, 11144.0, 11188.0, 11164.0, 11156.0, 11194.0, 11178.0, 11169.0, 11172.0, 11177.0, 11197.0, 11181.0, 11162.0, 11187.0, 11188.0, 11222.0, 11186.0, 11203.0, 11182.0, 11187.0, 11196.0, 11183.0, 11206.0, 11197.0, 11201.0, 11202.0, 11156.0, 11196.0, 11175.0, 11196.0, 11163.0, 11164.0, 11185.0, 11169.0, 11181.0, 11158.0, 11176.0, 11176.0, 11200.0, 11207.0, 11186.0, 11188.0, 11177.0, 11205.0, 11163.0, 11192.0, 11168.0, 11161.0, 11177.0, 11166.0, 11209.0, 11192.0, 11201.0, 11210.0, 11181.0, 11182.0, 11193.0, 11176.0, 11173.0, 11149.0, 11169.0, 11179.0, 11167.0, 11179.0, 11183.0, 11188.0, 11194.0, 11183.0, 11199.0, 11186.0, 11175.0, 11190.0, 11160.0, 11208.0, 11182.0, 11184.0, 11177.0, 11205.0, 11176.0, 11195.0, 11180.0, 11185.0, 11203.0, 11186.0, 11202.0, 11184.0, 11216.0, 11192.0, 11190.0, 11189.0, 11166.0, 11176.0, 11177.0, 11205.0, 11183.0, 11188.0, 11175.0, 11171.0, 11179.0, 11171.0, 11178.0, 11176.0, 11174.0, 11170.0, 11179.0, 11202.0, 11188.0, 11196.0, 11169.0, 11187.0, 11167.0, 11193.0, 11149.0, 11193.0, 11171.0, 11180.0, 11161.0, 11160.0, 11163.0, 11176.0, 11157.0, 11166.0, 11174.0, 11204.0, 11196.0, 11175.0, 11210.0, 11174.0, 11187.0, 11173.0, 11170.0, 11189.0, 11187.0, 11178.0, 11198.0, 11193.0, 11197.0, 11189.0, 11188.0, 11205.0, 11184.0, 11208.0, 11177.0, 11194.0, 11179.0, 11190.0, 11160.0, 11178.0, 11172.0, 11181.0, 11203.0, 11170.0, 11199.0, 11208.0, 11185.0, 11175.0, 11194.0, 11180.0, 11166.0, 11190.0, 11167.0, 11172.0, 11147.0, 11149.0, 11174.0, 11145.0, 11158.0, 11170.0, 11167.0, 11187.0, 11173.0, 11162.0, 11197.0, 11182.0, 11202.0, 11187.0, 11202.0, 11190.0, 11172.0, 11184.0, 11193.0, 11191.0, 11178.0, 11197.0, 11192.0, 11170.0, 11165.0, 11173.0, 11173.0, 11156.0, 11197.0, 11178.0, 11182.0, 11158.0, 11155.0, 11161.0, 11174.0, 11159.0, 11180.0, 11181.0, 11177.0, 11194.0, 11165.0, 11167.0, 11180.0, 11219.0, 11188.0, 11192.0, 11195.0, 11189.0, 11193.0, 11191.0, 11179.0, 11185.0, 11166.0, 11177.0, 11174.0, 11180.0, 11188.0, 11191.0, 11194.0, 11194.0, 11210.0, 11183.0, 11195.0, 11179.0, 11189.0, 11173.0, 11182.0, 11180.0, 11201.0, 11195.0, 11215.0, 11211.0, 11223.0, 11189.0, 11192.0, 11191.0, 11184.0, 11178.0, 11186.0], "WindowWidth": [24189.0, 24059.0, 24029.0, 23990.0, 24137.0, 24048.0, 24063.0, 24029.0, 24090.0, 24057.0, 24010.0, 24079.0, 24025.0, 24091.0, 24078.0, 24039.0, 24083.0, 24009.0, 24068.0, 24000.0, 23958.0, 24099.0, 23999.0, 24003.0, 24044.0, 23982.0, 24093.0, 24030.0, 24023.0, 24066.0, 24045.0, 24101.0, 24090.0, 24147.0, 24072.0, 24038.0, 24082.0, 24060.0, 24139.0, 24108.0, 24114.0, 24056.0, 24032.0, 24156.0, 24056.0, 24084.0, 24056.0, 24064.0, 24103.0, 24049.0, 24122.0, 24103.0, 24096.0, 24139.0, 24045.0, 24003.0, 24062.0, 23994.0, 23994.0, 24052.0, 23998.0, 24020.0, 23970.0, 24005.0, 23974.0, 24013.0, 24028.0, 24092.0, 24086.0, 23999.0, 24099.0, 24052.0, 24094.0, 24061.0, 24092.0, 24029.0, 24117.0, 24078.0, 24081.0, 24103.0, 24151.0, 24183.0, 24102.0, 24126.0, 24095.0, 24156.0, 24144.0, 24157.0, 24169.0, 24113.0, 24051.0, 24148.0, 24100.0, 24121.0, 24067.0, 24051.0, 24123.0, 24044.0, 24094.0, 24030.0, 24152.0, 24065.0, 24013.0, 24132.0, 24084.0, 24103.0, 24051.0, 24150.0, 24078.0, 24123.0, 24077.0, 24096.0, 24099.0, 24096.0, 24054.0, 24045.0, 24124.0, 24059.0, 24087.0, 24044.0, 24105.0, 24104.0, 24104.0, 24151.0, 24143.0, 24083.0, 24095.0, 24121.0, 24043.0, 24220.0, 24236.0, 24191.0, 24109.0, 24120.0, 24099.0, 24021.0, 24065.0, 24005.0, 24019.0, 23914.0, 23954.0, 24016.0, 23955.0, 23958.0, 23983.0, 24026.0, 24023.0, 23979.0, 24096.0, 24031.0, 24006.0, 24112.0, 24071.0, 24044.0, 24054.0, 24064.0, 24123.0, 24073.0, 24026.0, 24098.0, 24096.0, 24191.0, 24090.0, 24138.0, 24077.0, 24088.0, 24121.0, 24078.0, 24147.0, 24120.0, 24128.0, 24137.0, 24008.0, 24121.0, 24060.0, 24120.0, 24030.0, 24029.0, 24089.0, 24047.0, 24080.0, 24015.0, 24070.0, 24068.0, 24130.0, 24142.0, 24090.0, 24097.0, 24068.0, 24143.0, 24029.0, 24108.0, 24046.0, 24029.0, 24064.0, 24040.0, 24155.0, 24107.0, 24132.0, 24154.0, 24072.0, 24074.0, 24113.0, 24066.0, 24054.0, 23991.0, 24043.0, 24073.0, 24044.0, 24072.0, 24082.0, 24094.0, 24111.0, 24079.0, 24126.0, 24093.0, 24064.0, 24102.0, 24020.0, 24157.0, 24085.0, 24092.0, 24070.0, 24145.0, 24063.0, 24118.0, 24075.0, 24085.0, 24143.0, 24093.0, 24135.0, 24086.0, 24176.0, 24108.0, 24106.0, 24098.0, 24035.0, 24067.0, 24064.0, 24148.0, 24079.0, 24102.0, 24057.0, 24052.0, 24072.0, 24048.0, 24072.0, 24067.0, 24059.0, 24046.0, 24075.0, 24135.0, 24097.0, 24123.0, 24045.0, 24100.0, 24040.0, 24109.0, 23991.0, 24113.0, 24050.0, 24080.0, 24023.0, 24022.0, 24025.0, 24064.0, 24011.0, 24036.0, 24058.0, 24141.0, 24117.0, 24061.0, 24156.0, 24053.0, 24092.0, 24053.0, 24048.0, 24092.0, 24092.0, 24067.0, 24119.0, 24112.0, 24121.0, 24099.0, 24092.0, 24145.0, 24083.0, 24145.0, 24063.0, 24113.0, 24071.0, 24100.0, 24021.0, 24068.0, 24052.0, 24076.0, 24136.0, 24048.0, 24122.0, 24150.0, 24082.0, 24055.0, 24108.0, 24077.0, 24038.0, 24103.0, 24036.0, 24055.0, 23989.0, 23986.0, 24058.0, 23978.0, 24015.0, 24047.0, 24039.0, 24092.0, 24057.0, 24024.0, 24123.0, 24082.0, 24132.0, 24091.0, 24132.0, 24101.0, 24052.0, 24083.0, 24109.0, 24100.0, 24065.0, 24117.0, 24106.0, 24048.0, 24028.0, 24054.0, 24053.0, 24009.0, 24122.0, 24065.0, 24081.0, 24013.0, 24007.0, 24021.0, 24058.0, 24014.0, 24075.0, 24077.0, 24061.0, 24115.0, 24032.0, 24037.0, 24072.0, 24186.0, 24094.0, 24104.0, 24111.0, 24092.0, 24101.0, 24101.0, 24068.0, 24087.0, 24033.0, 24064.0, 24057.0, 24071.0, 24095.0, 24093.0, 24109.0, 24106.0, 24153.0, 24078.0, 24115.0, 24071.0, 24097.0, 24050.0, 24076.0, 24072.0, 24129.0, 24117.0, 24170.0, 24154.0, 24185.0, 24098.0, 24100.0, 24100.0, 24082.0, 24065.0, 24089.0]}, "slices": {}}}