{"AcquisitionMatrixPE": 128, "AcquisitionNumber": 1, "AcquisitionTime": "07:48:8.592500", "BandwidthPerPixelPhaseEncode": 20.292, "BaseResolution": 128, "BodyPartExamined": "BRAIN", "ConsistencyInfo": "N4_VD11D_LATEST_20110129", "ConversionSoftware": "dcm2niix", "ConversionSoftwareVersion": "v1.0.20210317", "DerivedVendorReportedEchoSpacing": 0.000770008, "DeviceSerialNumber": "45239", "DiffusionScheme": "Monopolar", "DwellTime": 2.4e-06, "EchoTime": 0.092, "EchoTrainLength": 51, "EffectiveEchoSpacing": 0.000385004, "FlipAngle": 90, "ImageComments": "Unaliased MB3/PE3", "ImageOrientationPatientDICOM": [1, -2.05103e-10, 0, 2.05103e-10, 1, 0], "ImageType": ["ORIGINAL", "PRIMARY", "DIFFUSION", "NONE", "ND", "NORM", "MOSAIC"], "ImagingFrequency": 123.193, "InPlanePhaseEncodingDirectionDICOM": "ROW", "InstitutionAddress": "E 24th St. 100,Austin,Southmiddle,US,78712", "InstitutionName": "Univ of Texas at Austin", "InstitutionalDepartmentName": "IRC", "MRAcquisitionType": "2D", "MagneticFieldStrength": 3, "Manufacturer": "Siemens", "ManufacturersModelName": "Skyra", "Modality": "MR", "MultibandAccelerationFactor": 3, "ParallelReductionFactorInPlane": 2, "PartialFourier": 0.75, "PatientPosition": "HFS", "PercentPhaseFOV": 100, "PercentSampling": 100, "PhaseEncodingDirection": "i", "PhaseEncodingSteps": 102, "PhaseResolution": 1, "PixelBandwidth": 1630, "ProcedureStepDescription": "Poldrack2^self-scanning", "ProtocolName": "MBEPI with MDDW R-L", "PulseSequenceDetails": "%CustomerSeq%\\cmrr_mbep2d_diff", "ReceiveCoilActiveElements": "HEA;HEP", "ReceiveCoilName": "Head_32", "ReconMatrixPE": 128, "RefLinesPE": 76, "RepetitionTime": 5, "SAR": 0.13049, "ScanOptions": "PFP\\FS", "ScanningSequence": "EP", "SequenceName": "ep_b5#1", "SequenceVariant": "SK", "SeriesDescription": "MBEPI with MDDW R-L", "SeriesNumber": 15, "ShimSetting": [-2786, 8079, -15482, 150, -212, 133, 128, -101], "SliceThickness": 1.7, "SliceTiming": [0, 3.64, 2.3, 0.9575, 4.5975, 3.2575, 1.915, 0.575, 4.215, 2.875, 1.5325, 0.1925, 3.8325, 2.49, 1.15, 4.79, 3.4475, 2.1075, 0.7675, 4.405, 3.065, 1.725, 0.385, 4.0225, 2.6825, 1.3425, 0, 3.64, 2.3, 0.9575, 4.5975, 3.2575, 1.915, 0.575, 4.215, 2.875, 1.5325, 0.1925, 3.8325, 2.49, 1.15, 4.79, 3.4475, 2.1075, 0.7675, 4.405, 3.065, 1.725, 0.385, 4.0225, 2.6825, 1.3425, 0, 3.64, 2.3, 0.9575, 4.5975, 3.2575, 1.915, 0.575, 4.215, 2.875, 1.5325, 0.1925, 3.8325, 2.49, 1.15, 4.79, 3.4475, 2.1075, 0.7675, 4.405, 3.065, 1.725, 0.385, 4.0225, 2.6825, 1.3425], "SoftwareVersions": "syngo MR D11", "SpacingBetweenSlices": 1.7, "StationName": "AWP45239", "TotalReadoutTime": 0.0488955, "TxRefAmp": 337.228, "WipMemBlock": "bb2ecdd2-3ae2-4eb6-9735-8833f9051289||Sequence: VD11D r195; Nov 21 2012 15:37:02 by eja", "dcmmeta_affine": [[-1.7421875, 3.573285833891049e-10, 0.0, 115.77075958251953], [3.573285833891049e-10, 1.7421875, 0.0, -120.85526275634766], [0.0, 0.0, 1.7000000476837158, -27.132217407226562], [0.0, 0.0, 0.0, 1.0]], "dcmmeta_reorient_transform": [[0.0, -1.0, 0.0, 127.0], [1.0, 0.0, 0.0, 0.0], [0.0, 0.0, 1.0, 0.0], [0.0, 0.0, 0.0, 1.0]], "dcmmeta_shape": [128, 128, 78, 64], "dcmmeta_slice_dim": 2, "dcmmeta_version": 0.6, "global": {"const": {"AcquisitionMatrix": [0, 128, 128, 0], "AngioFlag": "N", "BitsAllocated": 16, "BitsStored": 16, "BodyPartExamined": "BRAIN", "Columns": 1152, "EchoNumbers": 1, "EchoTime": 92.0, "EchoTrainLength": 51, "FlipAngle": 90.0, "HighBit": 15, "ImageOrientationPatient": [1.0, -2.051034e-10, 0.0, 2.051034e-10, 1.0, 0.0], "ImagePositionPatient": [-1007.7707569273, -992.40255335253, -27.132217407227], "ImageType": ["ORIGINAL", "PRIMARY", "DIFFUSION", "NONE", "ND", "NORM", "MOSAIC"], "ImagedNucleus": "1H", "ImagingFrequency": 123.193473, "InPlanePhaseEncodingDirection": "ROW", "MRAcquisitionType": "2D", "MagneticFieldStrength": 3.0, "Manufacturer": "SIEMENS", "ManufacturerModelName": "Skyra", "Modality": "MR", "NumberOfAverages": 1.0, "NumberOfPhaseEncodingSteps": 102, "PercentPhaseFieldOfView": 100.0, "PercentSampling": 100.0, "PerformedProcedureStepStartTime": "071321.625000", "PhotometricInterpretation": "MONOCHROME2", "PixelBandwidth": 1630.0, "PixelRepresentation": 0, "PixelSpacing": [1.7421875, 1.7421875], "ProtocolName": "MBEPI with MDDW R-L", "RepetitionTime": 5000.0, "Rows": 1152, "SAR": 0.13049025445657, "SamplesPerPixel": 1, "ScanOptions": ["PFP", "FS"], "ScanningSequence": "EP", "SequenceVariant": "SK", "SeriesDescription": "MBEPI with MDDW R-L", "SeriesNumber": 15, "SeriesTime": "074939.750000", "SliceLocation": -27.132217407227, "SliceThickness": 1.7000000476837, "SmallestImagePixelValue": 0, "SoftwareVersions": "syngo MR D11", "SpacingBetweenSlices": 1.7000000198166, "SpecificCharacterSet": "ISO_IR 100", "StudyID": "1", "StudyTime": "071321.593000", "TransmitCoilName": "Body", "VariableFlipAngleFlag": "N", "WindowCenterWidthExplanation": "Algo1", "dBdt": 0.0}, "slices": {}}, "time": {"samples": {"AcquisitionNumber": [1, 2, 3, 4, 5, 6, 7, 8, 9, 10, 11, 12, 13, 14, 15, 16, 17, 18, 19, 20, 21, 22, 23, 24, 25, 26, 27, 28, 29, 30, 31, 32, 33, 34, 35, 36, 37, 38, 39, 40, 41, 42, 43, 44, 45, 46, 47, 48, 49, 50, 51, 52, 53, 54, 55, 56, 57, 58, 59, 60, 61, 62, 63, 64], "AcquisitionTime": ["074808.592500", "074938.592500", "074943.592500", "074948.592500", "074953.592500", "074958.592500", "075003.592500", "075008.592500", "075013.592500", "075018.592500", "075023.592500", "075028.592500", "075033.592500", "075038.592500", "075043.592500", "075048.592500", "075053.592500", "075058.592500", "075103.592500", "075108.592500", "075113.592500", "075118.592500", "075123.592500", "075128.592500", "075133.592500", "075138.592500", "075143.592500", "075148.592500", "075153.592500", "075158.595000", "075203.595000", "075208.595000", "075213.595000", "075218.595000", "075223.595000", "075228.595000", "075233.595000", "075238.595000", "075243.595000", "075248.595000", "075253.595000", "075258.595000", "075303.595000", "075308.595000", "075313.595000", "075318.595000", "075323.595000", "075328.595000", "075333.595000", "075338.595000", "075343.595000", "075348.595000", "075353.595000", "075358.595000", "075403.595000", "075408.595000", "075413.595000", "075418.595000", "075423.595000", "075428.595000", "075433.595000", "075438.595000", "075443.595000", "075448.595000"], "ContentTime": ["074939.750000", "074949.156000", "074954.156000", "074959.156000", "075004.156000", "075009.156000", "075014.156000", "075019.156000", "075024.156000", "075029.156000", "075034.156000", "075039.156000", "075044.156000", "075049.156000", "075054.156000", "075059.156000", "075104.156000", "075109.156000", "075114.156000", "075119.156000", "075124.156000", "075129.156000", "075134.156000", "075139.156000", "075144.156000", "075149.156000", "075154.156000", "075159.156000", "075204.156000", "075209.156000", "075214.156000", "075219.156000", "075224.156000", "075229.156000", "075234.156000", "075239.156000", "075244.156000", "075249.156000", "075254.156000", "075259.156000", "075304.156000", "075309.156000", "075314.156000", "075319.156000", "075324.156000", "075329.156000", "075334.156000", "075339.156000", "075344.156000", "075349.156000", "075354.156000", "075359.156000", "075404.156000", "075409.156000", "075414.156000", "075419.156000", "075424.156000", "075429.156000", "075434.156000", "075439.156000", "075444.156000", "075449.156000", "075454.156000", "075454.828000"], "InstanceCreationTime": ["074939.750000", "074949.156000", "074954.156000", "074959.156000", "075004.156000", "075009.156000", "075014.156000", "075019.156000", "075024.156000", "075029.156000", "075034.156000", "075039.156000", "075044.156000", "075049.156000", "075054.156000", "075059.156000", "075104.156000", "075109.156000", "075114.156000", "075119.156000", "075124.156000", "075129.156000", "075134.156000", "075139.156000", "075144.156000", "075149.156000", "075154.156000", "075159.156000", "075204.156000", "075209.156000", "075214.156000", "075219.156000", "075224.156000", "075229.156000", "075234.156000", "075239.156000", "075244.156000", "075249.156000", "075254.156000", "075259.156000", "075304.156000", "075309.156000", "075314.156000", "075319.156000", "075324.156000", "075329.156000", "075334.156000", "075339.156000", "075344.156000", "075349.156000", "075354.156000", "075359.156000", "075404.156000", "075409.156000", "075414.156000", "075419.156000", "075424.156000", "075429.156000", "075434.156000", "075439.156000", "075444.156000", "075449.156000", "075454.156000", "075454.828000"], "InstanceNumber": [1, 2, 3, 4, 5, 6, 7, 8, 9, 10, 11, 12, 13, 14, 15, 16, 17, 18, 19, 20, 21, 22, 23, 24, 25, 26, 27, 28, 29, 30, 31, 32, 33, 34, 35, 36, 37, 38, 39, 40, 41, 42, 43, 44, 45, 46, 47, 48, 49, 50, 51, 52, 53, 54, 55, 56, 57, 58, 59, 60, 61, 62, 63, 64], "LargestImagePixelValue": [65535, 17892, 18085, 19782, 16782, 16491, 17570, 16604, 18439, 17448, 17018, 15917, 18786, 18772, 18695, 18779, 65230, 19213, 16378, 17624, 19021, 21241, 19871, 17398, 16054, 16689, 17963, 19150, 18345, 17612, 19746, 18037, 56861, 9374, 9877, 11293, 8140, 7634, 9020, 8612, 10669, 9546, 9040, 8054, 9694, 9547, 9994, 10490, 63022, 10205, 7654, 9499, 10157, 11658, 10518, 9803, 8498, 8343, 9835, 11155, 10099, 10307, 10868, 10567], "SequenceName": ["ep_b5#1", "ep_b995#2", "ep_b995#3", "ep_b995#4", "ep_b995#5", "ep_b1000#6", "ep_b1000#7", "ep_b995#8", "ep_b995#9", "ep_b995#10", "ep_b1000#11", "ep_b1000#12", "ep_b1005#13", "ep_b1005#14", "ep_b1000#15", "ep_b1005#16", "ep_b5#17", "ep_b1005#18", "ep_b1000#19", "ep_b1005#20", "ep_b1005#21", "ep_b995#22", "ep_b1005#23", "ep_b1000#24", "ep_b1000#25", "ep_b1000#26", "ep_b995#27", "ep_b995#28", "ep_b995#29", "ep_b1000#30", "ep_b1005#31", "ep_b1000#32", "ep_b5#1", "ep_b1990#2", "ep_b1990#3", "ep_b1990#4", "ep_b1995#5", "ep_b1995#6", "ep_b2000#7", "ep_b1995#8", "ep_b1990#9", "ep_b1995#10", "ep_b2000#11", "ep_b2000#12", "ep_b2010#13", "ep_b2005#14", "ep_b2000#15", "ep_b2005#16", "ep_b5#17", "ep_b2005#18", "ep_b2005#19", "ep_b2005#20", "ep_b2010#21", "ep_b1990#22", "ep_b2010#23", "ep_b2000#24", "ep_b2000#25", "ep_b1995#26", "ep_b1995#27", "ep_b1995#28", "ep_b1995#29", "ep_b2000#30", "ep_b2005#31", "ep_b2000#32"], "WindowCenter": [7320.0, 3165.0, 3169.0, 3201.0, 3131.0, 3176.0, 3191.0, 3163.0, 3199.0, 3181.0, 3193.0, 3189.0, 3209.0, 3210.0, 3207.0, 3222.0, 7327.0, 3210.0, 3207.0, 3196.0, 3217.0, 3232.0, 3179.0, 3194.0, 3193.0, 3157.0, 3151.0, 3219.0, 3192.0, 3203.0, 3211.0, 3231.0, 7276.0, 2051.0, 2070.0, 2130.0, 2036.0, 2037.0, 2092.0, 2067.0, 2109.0, 2126.0, 2094.0, 2072.0, 2111.0, 2124.0, 2145.0, 2158.0, 7291.0, 2130.0, 2081.0, 2117.0, 2130.0, 2158.0, 2117.0, 2100.0, 2074.0, 2051.0, 2066.0, 2161.0, 2101.0, 2113.0, 2160.0, 2146.0], "WindowWidth": [16111.0, 7326.0, 7343.0, 7411.0, 7254.0, 7342.0, 7368.0, 7321.0, 7396.0, 7356.0, 7375.0, 7367.0, 7410.0, 7413.0, 7406.0, 7438.0, 16133.0, 7411.0, 7404.0, 7387.0, 7437.0, 7473.0, 7355.0, 7387.0, 7379.0, 7303.0, 7300.0, 7447.0, 7397.0, 7414.0, 7423.0, 7468.0, 16055.0, 5053.0, 5095.0, 5222.0, 5019.0, 5030.0, 5134.0, 5086.0, 5168.0, 5208.0, 5140.0, 5110.0, 5170.0, 5199.0, 5255.0, 5278.0, 16056.0, 5215.0, 5143.0, 5195.0, 5217.0, 5276.0, 5193.0, 5161.0, 5113.0, 5057.0, 5081.0, 5288.0, 5161.0, 5185.0, 5286.0, 5261.0]}, "slices": {}}}