{"AcquisitionMatrixPE": 96, "AcquisitionNumber": 1, "AcquisitionTime": "07:39:14.950000", "BaseResolution": 96, "BodyPartExamined": "BRAIN", "ConsistencyInfo": "N4_VD11D_LATEST_20110129", "ConversionSoftware": "dcm2niix", "ConversionSoftwareVersion": "v1.0.20210317", "DeviceSerialNumber": "45239", "DwellTime": 9.2e-06, "EchoNumber": 2, "EchoTime": 0.00738, "EchoTime1": 0.00492, "EchoTime2": 0.00738, "FlipAngle": 50, "ImageOrientationPatientDICOM": [0.998248, 0.0100775, 0.0583129, 0.0240298, 0.831468, -0.555053], "ImageType": ["ORIGINAL", "PRIMARY", "P", "ND", "PHASE"], "ImagingFrequency": 123.193, "InPlanePhaseEncodingDirectionDICOM": "COL", "InstitutionAddress": "E 24th St. 100,Austin,Southmiddle,US,78712", "InstitutionName": "Univ of Texas at Austin", "InstitutionalDepartmentName": "IRC", "MRAcquisitionType": "2D", "MagneticFieldStrength": 3, "Manufacturer": "Siemens", "ManufacturersModelName": "Skyra", "Modality": "MR", "PartialFourier": 1, "PatientPosition": "HFS", "PercentPhaseFOV": 100, "PercentSampling": 100, "PhaseEncodingDirection": "j-", "PhaseEncodingSteps": 96, "PhaseResolution": 1, "PixelBandwidth": 565, "ProcedureStepDescription": "Poldrack2^self-scanning", "ProtocolName": "gre_field_mapping", "PulseSequenceDetails": "%SiemensSeq%\\gre_field_mapping", "ReceiveCoilActiveElements": "HEA;HEP", "ReceiveCoilName": "Head_32", "ReconMatrixPE": 96, "RepetitionTime": 0.731, "SAR": 0.120033, "ScanningSequence": "GR", "SequenceName": "*fm2d2r", "SequenceVariant": "SP", "SeriesDescription": "gre_field_mapping", "SeriesNumber": 11, "ShimSetting": [-2773, 8072, -15438, 153, -198, 100, 256, -143], "SliceThickness": 2, "SliceTiming": [0.36719, 0, 0.375, 0.00781, 0.38281, 0.02344, 0.39844, 0.03125, 0.40625, 0.03906, 0.42188, 0.05469, 0.42969, 0.0625, 0.4375, 0.07031, 0.45312, 0.08594, 0.46094, 0.09375, 0.46875, 0.10938, 0.48438, 0.11719, 0.49219, 0.13281, 0.50781, 0.14062, 0.51562, 0.14844, 0.52344, 0.16406, 0.53906, 0.17188, 0.54688, 0.17969, 0.5625, 0.19531, 0.57031, 0.20312, 0.57812, 0.21094, 0.59375, 0.22656, 0.60156, 0.23438, 0.60938, 0.25, 0.625, 0.25781, 0.63281, 0.26562, 0.64062, 0.28125, 0.65625, 0.28906, 0.66406, 0.30469, 0.67969, 0.3125, 0.6875, 0.32031, 0.69531, 0.32812, 0.71094, 0.34375, 0.71875, 0.35156], "SoftwareVersions": "syngo MR D11", "SpacingBetweenSlices": 2.4, "StationName": "AWP45239", "TxRefAmp": 348.031, "dcmmeta_affine": [[-2.391634464263916, 0.05757135897874832, 0.1297893524169922, 110.59043884277344], [-0.02414391003549099, 1.9920581579208374, -1.3331565856933594, -65.61172485351562], [0.1397079974412918, 1.3298145532608032, 1.9914398193359375, -104.03721618652344], [0.0, 0.0, 0.0, 1.0]], "dcmmeta_reorient_transform": [[0.0, -1.0, 0.0, 95.0], [1.0, 0.0, 0.0, 0.0], [0.0, 0.0, -1.0, 67.0], [0.0, 0.0, 0.0, 1.0]], "dcmmeta_shape": [96, 96, 68], "dcmmeta_slice_dim": 2, "dcmmeta_version": 0.6, "global": {"const": {"AcquisitionMatrix": [96, 0, 0, 96], "AcquisitionNumber": 1, "AngioFlag": "N", "BitsAllocated": 16, "BitsStored": 12, "BodyPartExamined": "BRAIN", "Columns": 96, "EchoNumbers": 2, "EchoTime": 7.38, "EchoTrainLength": 0, "FlipAngle": 50.0, "HighBit": 11, "ImageOrientationPatient": [0.99824748938245, 0.01007745881163, 0.05831290393672, 0.02402978470036, 0.83146779291933, -0.555053041416], "ImageType": ["ORIGINAL", "PRIMARY", "P", "ND"], "ImagedNucleus": "1H", "ImagingFrequency": 123.19334, "InPlanePhaseEncodingDirection": "COL", "MRAcquisitionType": "2D", "MagneticFieldStrength": 3.0, "Manufacturer": "SIEMENS", "ManufacturerModelName": "Skyra", "Modality": "MR", "NumberOfAverages": 1.0, "NumberOfPhaseEncodingSteps": 96, "PercentPhaseFieldOfView": 100.0, "PercentSampling": 100.0, "PerformedProcedureStepStartTime": "071256.062000", "PhotometricInterpretation": "MONOCHROME2", "PixelBandwidth": 565.0, "PixelRepresentation": 0, "PixelSpacing": [2.3958332538605, 2.3958332538605], "ProtocolName": "gre_field_mapping", "RepetitionTime": 731.0, "RescaleIntercept": -4096.0, "RescaleSlope": 2.0, "RescaleType": "US", "Rows": 96, "SAR": 0.12003312923624, "SamplesPerPixel": 1, "ScanningSequence": "GR", "SequenceName": "*fm2d2r", "SequenceVariant": "SP", "SeriesDescription": "gre_field_mapping", "SeriesNumber": 11, "SeriesTime": "074136.968000", "SliceThickness": 2.0, "SoftwareVersions": "syngo MR D11", "SpacingBetweenSlices": 2.4, "SpecificCharacterSet": "ISO_IR 100", "StudyID": "1", "StudyTime": "071256.031000", "TransmitCoilName": "Body", "VariableFlipAngleFlag": "N", "WindowCenterWidthExplanation": "Algo1", "dBdt": 0.0}, "slices": {"AcquisitionTime": ["073914.950000", "073914.585000", "073914.962500", "073914.595000", "073914.972500", "073914.607500", "073914.982500", "073914.617500", "073914.995000", "073914.627500", "073915.005000", "073914.640000", "073915.015000", "073914.650000", "073915.025000", "073914.660000", "073915.037500", "073914.672500", "073915.047500", "073914.682500", "073915.057500", "073914.692500", "073915.070000", "073914.702500", "073915.080000", "073914.715000", "073915.090000", "073914.725000", "073915.102500", "073914.735000", "073915.112500", "073914.747500", "073915.122500", "073914.757500", "073915.132500", "073914.767500", "073915.145000", "073914.780000", "073915.155000", "073914.790000", "073915.165000", "073914.800000", "073915.177500", "073914.810000", "073915.187500", "073914.822500", "073915.197500", "073914.832500", "073915.210000", "073914.842500", "073915.220000", "073914.855000", "073915.230000", "073914.865000", "073915.240000", "073914.875000", "073915.252500", "073914.887500", "073915.262500", "073914.897500", "073915.272500", "073914.907500", "073915.285000", "073914.917500", "073915.295000", "073914.930000", "073915.305000", "073914.940000"], "ContentTime": ["074137.093000", "074136.984000", "074137.093000", "074136.984000", "074137.093000", "074136.984000", "074137.093000", "074136.984000", "074137.093000", "074136.984000", "074137.093000", "074136.984000", "074137.093000", "074137.000000", "074137.109000", "074137.000000", "074137.109000", "074137.000000", "074137.109000", "074137.000000", "074137.109000", "074137.000000", "074137.109000", "074137.000000", "074137.109000", "074137.015000", "074137.109000", "074137.015000", "074137.125000", "074137.015000", "074137.125000", "074137.015000", "074137.125000", "074137.031000", "074137.125000", "074137.031000", "074137.140000", "074137.031000", "074137.140000", "074137.031000", "074137.140000", "074137.031000", "074137.140000", "074137.046000", "074137.140000", "074137.046000", "074137.156000", "074137.046000", "074137.156000", "074137.046000", "074137.156000", "074137.046000", "074137.156000", "074137.062000", "074137.171000", "074137.062000", "074137.171000", "074137.062000", "074137.171000", "074137.062000", "074137.171000", "074137.062000", "074137.171000", "074137.078000", "074137.171000", "074137.078000", "074137.171000", "074137.078000"], "CsaImage.GSWDDataType": ["predicted", "predicted", "predicted", "predicted", "predicted", "predicted", "predicted", "predicted", "predicted", "predicted", "predicted", "predicted", "predicted", "predicted", "predicted", "predicted", "predicted", "predicted", "predicted", "predicted", "predicted", "predicted", "predicted", "predicted", "predicted", "predicted", "predicted", "predicted", "predicted", "predicted", "predicted", "predicted", "predicted", "predicted", "measured", "predicted", "measured", "predicted", "measured", "predicted", "measured", "predicted", "measured", "predicted", "measured", "predicted", "measured", "predicted", "measured", "predicted", "measured", "predicted", "measured", "predicted", "measured", "predicted", "measured", "predicted", "measured", "predicted", "measured", "predicted", "measured", "predicted", "measured", "predicted", "measured", "predicted"], "CsaImage.ICE_Dims": ["X_2_1_1_1_1_1_35_1_1_1_1_99", "X_2_1_1_1_1_1_1_1_1_2_1_99", "X_2_1_1_1_1_1_36_1_1_3_1_99", "X_2_1_1_1_1_1_2_1_1_4_1_99", "X_2_1_1_1_1_1_37_1_1_5_1_99", "X_2_1_1_1_1_1_3_1_1_6_1_99", "X_2_1_1_1_1_1_38_1_1_7_1_99", "X_2_1_1_1_1_1_4_1_1_8_1_99", "X_2_1_1_1_1_1_39_1_1_9_1_99", "X_2_1_1_1_1_1_5_1_1_10_1_99", "X_2_1_1_1_1_1_40_1_1_11_1_99", "X_2_1_1_1_1_1_6_1_1_12_1_99", "X_2_1_1_1_1_1_41_1_1_13_1_99", "X_2_1_1_1_1_1_7_1_1_14_1_99", "X_2_1_1_1_1_1_42_1_1_15_1_99", "X_2_1_1_1_1_1_8_1_1_16_1_99", "X_2_1_1_1_1_1_43_1_1_17_1_99", "X_2_1_1_1_1_1_9_1_1_18_1_99", "X_2_1_1_1_1_1_44_1_1_19_1_99", "X_2_1_1_1_1_1_10_1_1_20_1_99", "X_2_1_1_1_1_1_45_1_1_21_1_99", "X_2_1_1_1_1_1_11_1_1_22_1_99", "X_2_1_1_1_1_1_46_1_1_23_1_99", "X_2_1_1_1_1_1_12_1_1_24_1_99", "X_2_1_1_1_1_1_47_1_1_25_1_99", "X_2_1_1_1_1_1_13_1_1_26_1_99", "X_2_1_1_1_1_1_48_1_1_27_1_99", "X_2_1_1_1_1_1_14_1_1_28_1_99", "X_2_1_1_1_1_1_49_1_1_29_1_99", "X_2_1_1_1_1_1_15_1_1_30_1_99", "X_2_1_1_1_1_1_50_1_1_31_1_99", "X_2_1_1_1_1_1_16_1_1_32_1_99", "X_2_1_1_1_1_1_51_1_1_33_1_99", "X_2_1_1_1_1_1_17_1_1_34_1_99", "X_2_1_1_1_1_1_52_1_1_35_1_99", "X_2_1_1_1_1_1_18_1_1_36_1_99", "X_2_1_1_1_1_1_53_1_1_37_1_99", "X_2_1_1_1_1_1_19_1_1_38_1_99", "X_2_1_1_1_1_1_54_1_1_39_1_99", "X_2_1_1_1_1_1_20_1_1_40_1_99", "X_2_1_1_1_1_1_55_1_1_41_1_99", "X_2_1_1_1_1_1_21_1_1_42_1_99", "X_2_1_1_1_1_1_56_1_1_43_1_99", "X_2_1_1_1_1_1_22_1_1_44_1_99", "X_2_1_1_1_1_1_57_1_1_45_1_99", "X_2_1_1_1_1_1_23_1_1_46_1_99", "X_2_1_1_1_1_1_58_1_1_47_1_99", "X_2_1_1_1_1_1_24_1_1_48_1_99", "X_2_1_1_1_1_1_59_1_1_49_1_99", "X_2_1_1_1_1_1_25_1_1_50_1_99", "X_2_1_1_1_1_1_60_1_1_51_1_99", "X_2_1_1_1_1_1_26_1_1_52_1_99", "X_2_1_1_1_1_1_61_1_1_53_1_99", "X_2_1_1_1_1_1_27_1_1_54_1_99", "X_2_1_1_1_1_1_62_1_1_55_1_99", "X_2_1_1_1_1_1_28_1_1_56_1_99", "X_2_1_1_1_1_1_63_1_1_57_1_99", "X_2_1_1_1_1_1_29_1_1_58_1_99", "X_2_1_1_1_1_1_64_1_1_59_1_99", "X_2_1_1_1_1_1_30_1_1_60_1_99", "X_2_1_1_1_1_1_65_1_1_61_1_99", "X_2_1_1_1_1_1_31_1_1_62_1_99", "X_2_1_1_1_1_1_66_1_1_63_1_99", "X_2_1_1_1_1_1_32_1_1_64_1_99", "X_2_1_1_1_1_1_67_1_1_65_1_99", "X_2_1_1_1_1_1_33_1_1_66_1_99", "X_2_1_1_1_1_1_68_1_1_67_1_99", "X_2_1_1_1_1_1_34_1_1_68_1_99"], "CsaImage.ProtocolSliceNumber": [0, 1, 2, 3, 4, 5, 6, 7, 8, 9, 10, 11, 12, 13, 14, 15, 16, 17, 18, 19, 20, 21, 22, 23, 24, 25, 26, 27, 28, 29, 30, 31, 32, 33, 34, 35, 36, 37, 38, 39, 40, 41, 42, 43, 44, 45, 46, 47, 48, 49, 50, 51, 52, 53, 54, 55, 56, 57, 58, 59, 60, 61, 62, 63, 64, 65, 66, 67], "CsaImage.RFSWDDataType": ["predicted", "predicted", "predicted", "predicted", "predicted", "predicted", "predicted", "predicted", "predicted", "predicted", "predicted", "predicted", "predicted", "predicted", "predicted", "predicted", "predicted", "predicted", "predicted", "predicted", "predicted", "predicted", "predicted", "predicted", "predicted", "predicted", "predicted", "predicted", "predicted", "predicted", "predicted", "predicted", "measured", "predicted", "measured", "predicted", "measured", "predicted", "measured", "predicted", "measured", "predicted", "measured", "predicted", "measured", "predicted", "measured", "predicted", "measured", "predicted", "measured", "predicted", "measured", "predicted", "measured", "predicted", "measured", "predicted", "measured", "predicted", "measured", "predicted", "measured", "predicted", "measured", "predicted", "measured", "predicted"], "CsaImage.SlicePosition_PCS": [[-116.05973268, -123.63375123, 22.29486794], [-116.18952179, -122.30059464, 24.28631158], [-116.31931103, -120.96743997, 26.27775521], [-116.44910014, -119.63428338, 28.26920075], [-116.57888926, -118.3011287, 30.26064439], [-116.70867843, -116.96797212, 32.25208802], [-116.8384676, -115.63481744, 34.24353356], [-116.96825672, -114.30166085, 36.2349772], [-117.09804589, -112.96850427, 38.22642274], [-117.22783503, -111.63534959, 40.21786637], [-117.35762418, -110.30219396, 42.20931001], [-117.48741333, -108.96903737, 44.20075459], [-117.61720248, -107.63588174, 46.19219918], [-117.74699164, -106.30272611, 48.18364377], [-117.87678078, -104.96957047, 50.17508788], [-118.00656993, -103.63641484, 52.16653199], [-118.1363591, -102.30325873, 54.15797634], [-118.26614821, -100.9701031, 56.14942069], [-118.39593739, -99.63694747, 58.14086504], [-118.52572656, -98.3037916, 60.13230939], [-118.65551568, -96.97063585, 62.1237535], [-118.78530479, -95.6374801, 64.11519809], [-118.91509402, -94.30432423, 66.1066422], [-119.04488314, -92.97116859, 68.09808679], [-119.17467225, -91.63801272, 70.08953042], [-119.30446148, -90.30485709, 72.08097501], [-119.4342506, -88.97170146, 74.07241959], [-119.56403983, -87.63854535, 76.06386323], [-119.69382895, -86.30538972, 78.05530877], [-119.82361806, -84.97223409, 80.0467524], [-119.95340717, -83.63907845, 82.03819604], [-120.08319629, -82.30592282, 84.02964158], [-120.2129854, -80.97276624, 86.02108521], [-120.34277475, -79.63961061, 88.01252885], [-120.47256387, -78.30645593, 90.00397439], [-120.60235298, -76.97329934, 91.99541802], [-120.7321421, -75.64014276, 93.98686166], [-120.86193121, -74.30698808, 95.97830529], [-120.99172032, -72.97383149, 97.96975274], [-121.12150968, -71.64067681, 99.96119637], [-121.25129879, -70.30752023, 101.95264001], [-121.3810879, -68.97436555, 103.94408364], [-121.51087702, -67.64120896, 105.93552728], [-121.64066613, -66.30805238, 107.92697472], [-121.77045548, -64.9748977, 109.91841836], [-121.90024436, -63.64174111, 111.90986199], [-122.03003371, -62.30858453, 113.90130563], [-122.15982259, -60.97543176, 115.89274926], [-122.28961194, -59.64227517, 117.88419289], [-122.41940129, -58.30911859, 119.87564034], [-122.54919017, -56.975962, 121.86708016], [-122.67897952, -55.64280541, 123.85852761], [-122.8087684, -54.30965264, 125.84997506], [-122.93855775, -52.97649606, 127.84141488], [-123.06834662, -51.64333947, 129.83286233], [-123.19813598, -50.31018289, 131.82430215], [-123.32792533, -48.9770263, 133.8157496], [-123.4577142, -47.64387353, 135.80719705], [-123.58750356, -46.31071694, 137.79863686], [-123.71729243, -44.97756036, 139.79008431], [-123.84708179, -43.64440377, 141.78152413], [-123.97687066, -42.311251, 143.77297158], [-124.10666001, -40.97809442, 145.7644114], [-124.23644937, -39.64493783, 147.75585885], [-124.36623824, -38.31178124, 149.7473063], [-124.49602759, -36.97862466, 151.73874612], [-124.62581647, -35.64547189, 153.73019357], [-124.75560582, -34.3123153, 155.72163339]], "CsaImage.TimeAfterStart": [1.1, 0.735, 1.11, 0.745, 1.12, 0.755, 1.1325, 0.765, 1.1425, 0.7775, 1.1525, 0.7875, 1.165, 0.7975, 1.175, 0.81, 1.185, 0.82, 1.195, 0.83, 1.2075, 0.8425, 1.2175, 0.8525, 1.2275, 0.8625, 1.24, 0.8725, 1.25, 0.885, 1.26, 0.895, 1.2725, 0.905, 1.2825, 0.9175, 1.2925, 0.9275, 1.3025, 0.9375, 1.315, 0.95, 1.325, 0.96, 1.335, 0.97, 1.3475, 0.98, 1.3575, 0.9925, 1.3675, 1.0025, 1.38, 1.0125, 1.39, 1.025, 1.4, 1.035, 1.41, 1.045, 1.4225, 1.0575, 1.4325, 1.0675, 1.4425, 1.0775, 1.455, 1.0875], "ImagePositionPatient": [[-116.05973268031, -123.63375123015, 22.29486794352], [-116.18952179431, -122.30059464446, 24.286311577553], [-116.31931102751, -120.96743996611, 26.277755211586], [-116.44910014151, -119.63428338042, 28.269200752968], [-116.57888925551, -118.30112870208, 30.260644387001], [-116.70867842911, -116.96797211638, 32.252088021034], [-116.83846760272, -115.63481743804, 34.243533562416], [-116.96825671672, -114.30166085234, 36.234977196449], [-117.09804589032, -112.96850426665, 38.226422737831], [-117.22783503412, -111.63534958831, 40.217866371864], [-117.35762417792, -110.30219395629, 42.209310005898], [-117.48741332917, -108.96903737059, 44.200754593605], [-117.61720248415, -107.63588173858, 46.192199181313], [-117.74699163912, -106.30272610656, 48.18364376902], [-117.87678078292, -104.96957047454, 50.175087879891], [-118.00656992673, -103.63641484252, 52.166531990761], [-118.13635910033, -102.30325873366, 54.15797634005], [-118.26614821433, -100.97010310164, 56.149420689339], [-118.39593738793, -99.636947469624, 58.140865038628], [-118.52572656153, -98.303791599186, 60.132309387917], [-118.65551567553, -96.970635847958, 62.123753498787], [-118.78530478953, -95.63748009673, 64.115198086495], [-118.91509402274, -94.304324226292, 66.106642197365], [-119.04488313674, -92.971168594273, 68.098086785072], [-119.17467225073, -91.638012723835, 70.089530419106], [-119.30446148394, -90.304857091816, 72.080975006813], [-119.43425059794, -88.971701459797, 74.072419594521], [-119.56403983115, -87.638545350941, 76.063863228554], [-119.69382894515, -86.305389718922, 78.055308769936], [-119.82361805915, -84.972234086903, 80.046752403969], [-119.95340717314, -83.639078454884, 82.038196038002], [-120.08319628714, -82.305922822865, 84.029641579384], [-120.21298540114, -80.972766237172, 86.021085213417], [-120.34277475356, -79.639610605153, 88.01252884745], [-120.47256386756, -78.306455926808, 90.003974388832], [-120.60235298155, -76.973299341114, 91.995418022865], [-120.73214209555, -75.640142755421, 93.986861656899], [-120.86193120955, -74.306988077076, 95.978305290932], [-120.99172032355, -72.973831491383, 97.969752739662], [-121.12150967597, -71.640676813038, 99.961196373695], [-121.25129878996, -70.307520227345, 101.95264000773], [-121.38108790396, -68.974365549, 103.94408364176], [-121.51087701796, -67.641208963307, 105.9355272758], [-121.64066613196, -66.308052377614, 107.92697472453], [-121.77045548438, -64.974897699269, 109.91841835856], [-121.90024435996, -63.641741113575, 111.90986199259], [-122.03003371237, -62.308584527882, 113.90130562663], [-122.15982258795, -60.975431756886, 115.89274926066], [-122.28961194037, -59.642275171193, 117.88419289469], [-122.41940129279, -58.309118585499, 119.87564034342], [-122.54919016837, -56.975961999806, 121.86708016276], [-122.67897952078, -55.642805414113, 123.85852761149], [-122.80876839636, -54.309652643116, 125.84997506022], [-122.93855774878, -52.976496057423, 127.84141487955], [-123.06834662436, -51.64333947173, 129.83286232829], [-123.19813597678, -50.310182886036, 131.82430214762], [-123.3279253292, -48.977026300343, 133.81574959635], [-123.45771420478, -47.643873529347, 135.80719704508], [-123.58750355719, -46.310716943654, 137.79863686442], [-123.71729243277, -44.97756035796, 139.79008431315], [-123.84708178519, -43.644403772267, 141.78152413248], [-123.97687066077, -42.311251001271, 143.77297158121], [-124.10666001319, -40.978094415577, 145.76441140055], [-124.2364493656, -39.644937829884, 147.75585884928], [-124.36623824118, -38.311781244191, 149.74730629801], [-124.4960275936, -36.978624658497, 151.73874611735], [-124.62581646918, -35.645471887501, 153.73019356608], [-124.7556058216, -34.312315301808, 155.72163338541]], "InstanceCreationTime": ["074137.093000", "074136.984000", "074137.093000", "074136.984000", "074137.093000", "074136.984000", "074137.093000", "074136.984000", "074137.093000", "074136.984000", "074137.093000", "074136.984000", "074137.093000", "074137.000000", "074137.109000", "074137.000000", "074137.109000", "074137.000000", "074137.109000", "074137.000000", "074137.109000", "074137.000000", "074137.109000", "074137.000000", "074137.109000", "074137.015000", "074137.109000", "074137.015000", "074137.125000", "074137.015000", "074137.125000", "074137.015000", "074137.125000", "074137.031000", "074137.125000", "074137.031000", "074137.140000", "074137.031000", "074137.140000", "074137.031000", "074137.140000", "074137.031000", "074137.140000", "074137.046000", "074137.140000", "074137.046000", "074137.156000", "074137.046000", "074137.156000", "074137.046000", "074137.156000", "074137.046000", "074137.156000", "074137.062000", "074137.171000", "074137.062000", "074137.171000", "074137.062000", "074137.171000", "074137.062000", "074137.171000", "074137.062000", "074137.171000", "074137.078000", "074137.171000", "074137.078000", "074137.171000", "074137.078000"], "InstanceNumber": [1, 2, 3, 4, 5, 6, 7, 8, 9, 10, 11, 12, 13, 14, 15, 16, 17, 18, 19, 20, 21, 22, 23, 24, 25, 26, 27, 28, 29, 30, 31, 32, 33, 34, 35, 36, 37, 38, 39, 40, 41, 42, 43, 44, 45, 46, 47, 48, 49, 50, 51, 52, 53, 54, 55, 56, 57, 58, 59, 60, 61, 62, 63, 64, 65, 66, 67, 68], "LargestImagePixelValue": [4094, 4093, 4094, 4094, 4093, 4094, 4093, 4094, 4094, 4094, 4093, 4093, 4094, 4094, 4094, 4093, 4093, 4091, 4094, 4092, 4094, 4090, 4092, 4094, 4094, 4091, 4094, 4094, 4089, 4089, 4093, 4073, 4093, 4094, 4092, 4093, 4094, 4092, 4093, 4094, 4090, 4090, 4093, 4091, 4094, 4094, 4094, 4092, 4093, 4092, 4094, 4092, 4091, 4094, 4094, 4093, 4093, 4094, 4094, 4092, 4094, 4094, 4094, 4092, 4094, 4094, 4094, 4094], "SliceLocation": [-43.900315276376, -41.500315392288, -39.100316561251, -36.700315094506, -34.300316269915, -31.900316382604, -29.500315972133, -27.100316088045, -24.700314618076, -22.300315791874, -19.900316435924, -17.500315758493, -15.100315610609, -12.700315462725, -10.300315711109, -7.9003159594942, -5.5003157435609, -3.1003157957252, -0.7003158446661, 1.6996842388301, 4.0996840550521, 6.4996842669386, 8.8996841558259, 11.299684301494, 13.69968378827, 16.099683940385, 18.499684086053, 20.899683711713, 23.299684648709, 25.699684003048, 28.099683357388, 30.499684294384, 32.899684178472, 35.299683545704, 37.699683952953, 40.09968383704, 42.499683721128, 44.899682545718, 47.299685595121, 49.699684432605, 52.099684316693, 54.499683141283, 56.899683025371, 59.299686074774, 61.699684912258, 64.099684783452, 66.499684680433, 68.899682432633, 71.299682329614, 73.699685391911, 76.099682097789, 78.499685160086, 80.899686077601, 83.299682809267, 85.699685845777, 88.099682577442, 90.499685639738, 92.899686557254, 95.29968328892, 97.699686325429, 100.09968305709, 102.49968397461, 104.89968070628, 107.29968376857, 109.69968680508, 112.09968353675, 114.49968445426, 116.89968118593], "SmallestImagePixelValue": [0, 0, 0, 0, 0, 0, 2, 0, 0, 1, 0, 0, 0, 0, 1, 2, 0, 1, 6, 1, 1, 9, 3, 1, 1, 2, 2, 1, 0, 7, 4, 2, 0, 3, 1, 1, 4, 2, 1, 1, 2, 0, 3, 5, 0, 2, 0, 0, 0, 9, 0, 6, 0, 1, 1, 0, 0, 5, 2, 0, 0, 0, 1, 0, 0, 0, 0, 1], "WindowCenter": [-430.0, -374.0, -298.0, -290.0, -330.0, -438.0, -548.0, -512.0, -536.0, -482.0, -470.0, -544.0, -620.0, -578.0, -544.0, -578.0, -526.0, -520.0, -498.0, -476.0, -446.0, -402.0, -420.0, -392.0, -408.0, -388.0, -340.0, -306.0, -286.0, -260.0, -268.0, -250.0, -256.0, -264.0, -234.0, -204.0, -210.0, -190.0, -198.0, -140.0, -124.0, -118.0, -130.0, -112.0, -146.0, -152.0, -158.0, -168.0, -244.0, -246.0, -206.0, -212.0, -198.0, -264.0, -274.0, -250.0, -278.0, -254.0, -280.0, -338.0, -322.0, -358.0, -406.0, -412.0, -382.0, -472.0, -446.0, -460.0], "WindowWidth": [5102.0, 5504.0, 6028.0, 6102.0, 5888.0, 5008.0, 4972.0, 4982.0, 4978.0, 4986.0, 4954.0, 4890.0, 4806.0, 4782.0, 4716.0, 4698.0, 4668.0, 4618.0, 4602.0, 4544.0, 4496.0, 4446.0, 4390.0, 4308.0, 4246.0, 4252.0, 4176.0, 4050.0, 4006.0, 3976.0, 3918.0, 3896.0, 3942.0, 3936.0, 3942.0, 4002.0, 4018.0, 4052.0, 4074.0, 4122.0, 4118.0, 4192.0, 4210.0, 4220.0, 4222.0, 4244.0, 4230.0, 4238.0, 4220.0, 4252.0, 4266.0, 4292.0, 4288.0, 4300.0, 4290.0, 4352.0, 4342.0, 4346.0, 4396.0, 4418.0, 4494.0, 4582.0, 4634.0, 4714.0, 4816.0, 4834.0, 4882.0, 4944.0]}}}