{"AcquisitionMatrixPE": 96, "AcquisitionNumber": 1, "AcquisitionTime": "17:19:53.457500", "BandwidthPerPixelPhaseEncode": 33.602, "BaseResolution": 96, "BodyPartExamined": "BRAIN", "ConsistencyInfo": "N4_VD11D_LATEST_20110129", "ConversionSoftware": "dcm2niix", "ConversionSoftwareVersion": "v1.0.20210317", "DerivedVendorReportedEchoSpacing": 0.000620003, "DeviceSerialNumber": "45239", "DwellTime": 2.6e-06, "EchoTime": 0.03, "EchoTrainLength": 48, "EffectiveEchoSpacing": 0.000310001, "FlipAngle": 63, "ImageComments": "Unaliased MB4/PE3", "ImageOrientationPatientDICOM": [0.99908, 0.0172656, 0.0392543, 0.00924308, 0.807155, -0.590268], "ImageType": ["ORIGINAL", "PRIMARY", "M", "ND", "NORM", "MOSAIC"], "ImagingFrequency": 123.193, "InPlanePhaseEncodingDirectionDICOM": "COL", "InstitutionAddress": "E 24th St. 100,Austin,Southmiddle,US,78712", "InstitutionName": "Univ of Texas at Austin", "InstitutionalDepartmentName": "IRC", "MRAcquisitionType": "2D", "MagneticFieldStrength": 3, "Manufacturer": "Siemens", "ManufacturersModelName": "Skyra", "Modality": "MR", "MultibandAccelerationFactor": 4, "ParallelReductionFactorInPlane": 2, "PartialFourier": 1, "PatientPosition": "HFS", "PercentPhaseFOV": 100, "PercentSampling": 100, "PhaseEncodingDirection": "j-", "PhaseEncodingSteps": 96, "PhaseResolution": 1, "PixelBandwidth": 2005, "ProcedureStepDescription": "Poldrack2^self-scanning", "ProtocolName": "Resting State fMRI MBEPI_matrix96_BW2004", "PulseSequenceDetails": "%CustomerSeq%\\cmrr_mbep2d_bold", "ReceiveCoilActiveElements": "HEA;HEP", "ReceiveCoilName": "Head_32", "ReconMatrixPE": 96, "RefLinesPE": 94, "RepetitionTime": 1.16, "SAR": 0.095115, "ScanOptions": "FS", "ScanningSequence": "EP", "SequenceName": "epfid2d1_96", "SequenceVariant": "SK", "SeriesDescription": "Resting State fMRI MBEPI_matrix96_BW2004", "SeriesNumber": 9, "ShimSetting": [-2798, 8071, -15446, 188, -262, 90, 169, -114], "SliceThickness": 2, "SliceTiming": [0, 0.4975, 0.9975, 0.3575, 0.855, 0.215, 0.7125, 0.0725, 0.57, 1.0675, 0.4275, 0.925, 0.285, 0.7825, 0.1425, 0.64, 0, 0.4975, 0.9975, 0.3575, 0.855, 0.215, 0.7125, 0.0725, 0.57, 1.0675, 0.4275, 0.925, 0.285, 0.7825, 0.1425, 0.64, 0, 0.4975, 0.9975, 0.3575, 0.855, 0.215, 0.7125, 0.0725, 0.57, 1.0675, 0.4275, 0.925, 0.285, 0.7825, 0.1425, 0.64, 0, 0.4975, 0.9975, 0.3575, 0.855, 0.215, 0.7125, 0.0725, 0.57, 1.0675, 0.4275, 0.925, 0.285, 0.7825, 0.1425, 0.64], "SoftwareVersions": "syngo MR D11", "SpacingBetweenSlices": 2.4, "StationName": "AWP45239", "TaskName": "Resting fmri", "TotalReadoutTime": 0.0294501, "TxRefAmp": 331.185, "WipMemBlock": "d366052a-3197-4b3f-a76e-bc11d577de0b||Sequence: VD11D r195; Nov 21 2012 15:36:10 by eja", "dcmmeta_affine": [[-2.393629312515259, 0.022144870832562447, 0.10050155222415924, 115.02320861816406], [-0.041365478187799454, 1.9338078498840332, -1.4162101745605469, -54.085330963134766], [0.09404686838388443, 1.4141831398010254, 1.9350059032440186, -99.233642578125], [0.0, 0.0, 0.0, 1.0]], "dcmmeta_reorient_transform": [[0.0, -1.0, 0.0, 95.0], [1.0, 0.0, 0.0, 0.0], [0.0, 0.0, 1.0, 0.0], [0.0, 0.0, 0.0, 1.0]], "dcmmeta_shape": [96, 96, 64, 518], "dcmmeta_slice_dim": 2, "dcmmeta_version": 0.6, "global": {"const": {"AcquisitionMatrix": [96, 0, 0, 96], "AngioFlag": "N", "BitsAllocated": 16, "BitsStored": 16, "BodyPartExamined": "BRAIN", "Columns": 768, "EchoNumbers": 1, "EchoTime": 30.0, "EchoTrainLength": 48, "FlipAngle": 63.0, "HighBit": 15, "ImageOrientationPatient": [0.99908007472532, 0.01726559131166, 0.03925434553664, 0.00924307644219, 0.80715458991201, -0.5902677642578], "ImagePositionPatient": [-928.82707883606, -793.28463391266, 478.67954177148], "ImageType": ["ORIGINAL", "PRIMARY", "M", "ND", "NORM", "MOSAIC"], "ImagedNucleus": "1H", "ImagingFrequency": 123.193296, "InPlanePhaseEncodingDirection": "COL", "MRAcquisitionType": "2D", "MagneticFieldStrength": 3.0, "Manufacturer": "SIEMENS", "ManufacturerModelName": "Skyra", "Modality": "MR", "NumberOfAverages": 1.0, "NumberOfPhaseEncodingSteps": 96, "PercentPhaseFieldOfView": 100.0, "PercentSampling": 100.0, "PerformedProcedureStepStartTime": "170833.125000", "PhotometricInterpretation": "MONOCHROME2", "PixelBandwidth": 2005.0, "PixelRepresentation": 0, "PixelSpacing": [2.3958332538605, 2.3958332538605], "ProtocolName": "Resting State fMRI MBEPI_matrix96_BW2004", "RepetitionTime": 1160.0, "Rows": 768, "SAR": 0.0951149725162, "SamplesPerPixel": 1, "ScanOptions": "FS", "ScanningSequence": "EP", "SequenceName": "epfid2d1_96", "SequenceVariant": "SK", "SeriesDescription": "Resting State fMRI MBEPI_matrix96_BW2004", "SeriesNumber": 9, "SeriesTime": "172036.359000", "SliceLocation": -43.2756170459, "SliceThickness": 2.0, "SmallestImagePixelValue": 0, "SoftwareVersions": "syngo MR D11", "SpacingBetweenSlices": 2.4000000005369, "SpecificCharacterSet": "ISO_IR 100", "StudyID": "1", "StudyTime": "170833.015000", "TransmitCoilName": "Body", "VariableFlipAngleFlag": "N", "WindowCenterWidthExplanation": "Algo1", "dBdt": 0.0}, "slices": {}}, "time": {"samples": {"AcquisitionNumber": [1, 2, 3, 4, 5, 6, 7, 8, 9, 10, 11, 12, 13, 14, 15, 16, 17, 18, 19, 20, 21, 22, 23, 24, 25, 26, 27, 28, 29, 30, 31, 32, 33, 34, 35, 36, 37, 38, 39, 40, 41, 42, 43, 44, 45, 46, 47, 48, 49, 50, 51, 52, 53, 54, 55, 56, 57, 58, 59, 60, 61, 62, 63, 64, 65, 66, 67, 68, 69, 70, 71, 72, 73, 74, 75, 76, 77, 78, 79, 80, 81, 82, 83, 84, 85, 86, 87, 88, 89, 90, 91, 92, 93, 94, 95, 96, 97, 98, 99, 100, 101, 102, 103, 104, 105, 106, 107, 108, 109, 110, 111, 112, 113, 114, 115, 116, 117, 118, 119, 120, 121, 122, 123, 124, 125, 126, 127, 128, 129, 130, 131, 132, 133, 134, 135, 136, 137, 138, 139, 140, 141, 142, 143, 144, 145, 146, 147, 148, 149, 150, 151, 152, 153, 154, 155, 156, 157, 158, 159, 160, 161, 162, 163, 164, 165, 166, 167, 168, 169, 170, 171, 172, 173, 174, 175, 176, 177, 178, 179, 180, 181, 182, 183, 184, 185, 186, 187, 188, 189, 190, 191, 192, 193, 194, 195, 196, 197, 198, 199, 200, 201, 202, 203, 204, 205, 206, 207, 208, 209, 210, 211, 212, 213, 214, 215, 216, 217, 218, 219, 220, 221, 222, 223, 224, 225, 226, 227, 228, 229, 230, 231, 232, 233, 234, 235, 236, 237, 238, 239, 240, 241, 242, 243, 244, 245, 246, 247, 248, 249, 250, 251, 252, 253, 254, 255, 256, 257, 258, 259, 260, 261, 262, 263, 264, 265, 266, 267, 268, 269, 270, 271, 272, 273, 274, 275, 276, 277, 278, 279, 280, 281, 282, 283, 284, 285, 286, 287, 288, 289, 290, 291, 292, 293, 294, 295, 296, 297, 298, 299, 300, 301, 302, 303, 304, 305, 306, 307, 308, 309, 310, 311, 312, 313, 314, 315, 316, 317, 318, 319, 320, 321, 322, 323, 324, 325, 326, 327, 328, 329, 330, 331, 332, 333, 334, 335, 336, 337, 338, 339, 340, 341, 342, 343, 344, 345, 346, 347, 348, 349, 350, 351, 352, 353, 354, 355, 356, 357, 358, 359, 360, 361, 362, 363, 364, 365, 366, 367, 368, 369, 370, 371, 372, 373, 374, 375, 376, 377, 378, 379, 380, 381, 382, 383, 384, 385, 386, 387, 388, 389, 390, 391, 392, 393, 394, 395, 396, 397, 398, 399, 400, 401, 402, 403, 404, 405, 406, 407, 408, 409, 410, 411, 412, 413, 414, 415, 416, 417, 418, 419, 420, 421, 422, 423, 424, 425, 426, 427, 428, 429, 430, 431, 432, 433, 434, 435, 436, 437, 438, 439, 440, 441, 442, 443, 444, 445, 446, 447, 448, 449, 450, 451, 452, 453, 454, 455, 456, 457, 458, 459, 460, 461, 462, 463, 464, 465, 466, 467, 468, 469, 470, 471, 472, 473, 474, 475, 476, 477, 478, 479, 480, 481, 482, 483, 484, 485, 486, 487, 488, 489, 490, 491, 492, 493, 494, 495, 496, 497, 498, 499, 500, 501, 502, 503, 504, 505, 506, 507, 508, 509, 510, 511, 512, 513, 514, 515, 516, 517, 518], "AcquisitionTime": ["171953.457500", "172022.457500", "172023.617500", "172024.777500", "172025.937500", "172027.097500", "172028.257500", "172029.417500", "172030.577500", "172031.737500", "172032.897500", "172034.057500", "172035.217500", "172036.377500", "172037.537500", "172038.697500", "172039.857500", "172041.017500", "172042.177500", "172043.337500", "172044.497500", "172045.657500", "172046.817500", "172047.977500", "172049.137500", "172050.297500", "172051.457500", "172052.617500", "172053.777500", "172054.937500", "172056.097500", "172057.257500", "172058.417500", "172059.577500", "172100.737500", "172101.897500", "172103.057500", "172104.217500", "172105.377500", "172106.537500", "172107.697500", "172108.857500", "172110.017500", "172111.177500", "172112.337500", "172113.497500", "172114.657500", "172115.817500", "172116.977500", "172118.137500", "172119.297500", "172120.457500", "172121.617500", "172122.777500", "172123.937500", "172125.097500", "172126.257500", "172127.417500", "172128.577500", "172129.737500", "172130.897500", "172132.057500", "172133.217500", "172134.377500", "172135.537500", "172136.697500", "172137.857500", "172139.017500", "172140.177500", "172141.337500", "172142.497500", "172143.657500", "172144.817500", "172145.977500", "172147.137500", "172148.297500", "172149.457500", "172150.617500", "172151.777500", "172152.937500", "172154.097500", "172155.257500", "172156.417500", "172157.577500", "172158.737500", "172159.897500", "172201.057500", "172202.217500", "172203.377500", "172204.537500", "172205.697500", "172206.857500", "172208.017500", "172209.177500", "172210.337500", "172211.497500", "172212.657500", "172213.817500", "172214.977500", "172216.137500", "172217.297500", "172218.457500", "172219.617500", "172220.777500", "172221.937500", "172223.097500", "172224.257500", "172225.417500", "172226.577500", "172227.740000", "172228.900000", "172230.060000", "172231.220000", "172232.380000", "172233.540000", "172234.700000", "172235.860000", "172237.020000", "172238.180000", "172239.340000", "172240.500000", "172241.660000", "172242.820000", "172243.980000", "172245.140000", "172246.300000", "172247.460000", "172248.620000", "172249.780000", "172250.940000", "172252.100000", "172253.260000", "172254.420000", "172255.580000", "172256.740000", "172257.900000", "172259.060000", "172300.220000", "172301.380000", "172302.540000", "172303.700000", "172304.860000", "172306.020000", "172307.180000", "172308.340000", "172309.500000", "172310.660000", "172311.820000", "172312.980000", "172314.140000", "172315.300000", "172316.460000", "172317.620000", "172318.780000", "172319.940000", "172321.100000", "172322.260000", "172323.420000", "172324.580000", "172325.740000", "172326.900000", "172328.060000", "172329.220000", "172330.380000", "172331.540000", "172332.700000", "172333.860000", "172335.020000", "172336.180000", "172337.340000", "172338.500000", "172339.660000", "172340.820000", "172341.980000", "172343.140000", "172344.300000", "172345.460000", "172346.620000", "172347.780000", "172348.940000", "172350.100000", "172351.260000", "172352.420000", "172353.580000", "172354.740000", "172355.900000", "172357.060000", "172358.220000", "172359.380000", "172400.540000", "172401.700000", "172402.860000", "172404.020000", "172405.180000", "172406.340000", "172407.500000", "172408.660000", "172409.820000", "172410.980000", "172412.140000", "172413.300000", "172414.460000", "172415.620000", "172416.780000", "172417.940000", "172419.100000", "172420.260000", "172421.420000", "172422.580000", "172423.740000", "172424.900000", "172426.060000", "172427.220000", "172428.380000", "172429.540000", "172430.700000", "172431.860000", "172433.020000", "172434.180000", "172435.340000", "172436.500000", "172437.660000", "172438.820000", "172439.980000", "172441.140000", "172442.300000", "172443.460000", "172444.620000", "172445.780000", "172446.940000", "172448.100000", "172449.260000", "172450.420000", "172451.580000", "172452.740000", "172453.900000", "172455.060000", "172456.220000", "172457.380000", "172458.540000", "172459.700000", "172500.860000", "172502.020000", "172503.180000", "172504.340000", "172505.500000", "172506.660000", "172507.820000", "172508.980000", "172510.140000", "172511.300000", "172512.460000", "172513.620000", "172514.780000", "172515.940000", "172517.100000", "172518.260000", "172519.420000", "172520.580000", "172521.740000", "172522.900000", "172524.060000", "172525.220000", "172526.380000", "172527.540000", "172528.700000", "172529.860000", "172531.020000", "172532.180000", "172533.340000", "172534.500000", "172535.660000", "172536.820000", "172537.980000", "172539.140000", "172540.300000", "172541.460000", "172542.620000", "172543.780000", "172544.940000", "172546.100000", "172547.260000", "172548.420000", "172549.580000", "172550.740000", "172551.900000", "172553.060000", "172554.220000", "172555.380000", "172556.540000", "172557.700000", "172558.860000", "172600.020000", "172601.180000", "172602.340000", "172603.500000", "172604.660000", "172605.820000", "172606.980000", "172608.140000", "172609.300000", "172610.460000", "172611.620000", "172612.780000", "172613.940000", "172615.100000", "172616.260000", "172617.420000", "172618.580000", "172619.740000", "172620.900000", "172622.060000", "172623.220000", "172624.380000", "172625.540000", "172626.700000", "172627.860000", "172629.020000", "172630.180000", "172631.340000", "172632.500000", "172633.660000", "172634.820000", "172635.980000", "172637.140000", "172638.300000", "172639.460000", "172640.620000", "172641.780000", "172642.940000", "172644.100000", "172645.260000", "172646.420000", "172647.580000", "172648.740000", "172649.900000", "172651.060000", "172652.220000", "172653.380000", "172654.540000", "172655.700000", "172656.860000", "172658.020000", "172659.180000", "172700.340000", "172701.500000", "172702.660000", "172703.820000", "172704.980000", "172706.140000", "172707.300000", "172708.460000", "172709.620000", "172710.780000", "172711.940000", "172713.100000", "172714.260000", "172715.420000", "172716.580000", "172717.742500", "172718.902500", "172720.062500", "172721.222500", "172722.382500", "172723.542500", "172724.702500", "172725.862500", "172727.022500", "172728.182500", "172729.342500", "172730.502500", "172731.662500", "172732.822500", "172733.982500", "172735.142500", "172736.302500", "172737.462500", "172738.622500", "172739.782500", "172740.942500", "172742.102500", "172743.262500", "172744.422500", "172745.582500", "172746.742500", "172747.902500", "172749.062500", "172750.222500", "172751.382500", "172752.542500", "172753.702500", "172754.862500", "172756.022500", "172757.182500", "172758.342500", "172759.502500", "172800.662500", "172801.822500", "172802.982500", "172804.142500", "172805.302500", "172806.462500", "172807.622500", "172808.782500", "172809.942500", "172811.102500", "172812.262500", "172813.422500", "172814.582500", "172815.742500", "172816.902500", "172818.062500", "172819.222500", "172820.382500", "172821.542500", "172822.702500", "172823.862500", "172825.022500", "172826.182500", "172827.342500", "172828.502500", "172829.662500", "172830.822500", "172831.982500", "172833.142500", "172834.302500", "172835.462500", "172836.622500", "172837.782500", "172838.942500", "172840.102500", "172841.262500", "172842.422500", "172843.582500", "172844.742500", "172845.902500", "172847.062500", "172848.222500", "172849.382500", "172850.542500", "172851.702500", "172852.862500", "172854.022500", "172855.182500", "172856.342500", "172857.502500", "172858.662500", "172859.822500", "172900.982500", "172902.142500", "172903.302500", "172904.462500", "172905.622500", "172906.782500", "172907.942500", "172909.102500", "172910.262500", "172911.422500", "172912.582500", "172913.742500", "172914.902500", "172916.062500", "172917.222500", "172918.382500", "172919.542500", "172920.702500", "172921.862500", "172923.022500", "172924.182500", "172925.342500", "172926.502500", "172927.662500", "172928.822500", "172929.982500", "172931.142500", "172932.302500", "172933.462500", "172934.622500", "172935.782500", "172936.942500", "172938.102500", "172939.262500", "172940.422500", "172941.582500", "172942.742500", "172943.902500", "172945.062500", "172946.222500", "172947.382500", "172948.542500", "172949.702500", "172950.862500", "172952.022500", "172953.182500", "172954.342500", "172955.502500", "172956.662500", "172957.822500", "172958.982500", "173000.142500", "173001.302500", "173002.462500", "173003.622500", "173004.782500", "173005.942500", "173007.102500", "173008.262500", "173009.422500", "173010.582500", "173011.742500", "173012.902500", "173014.062500", "173015.222500", "173016.382500", "173017.542500", "173018.702500", "173019.862500", "173021.022500"], "ContentTime": ["172036.359000", "172044.125000", "172044.125000", "172044.140000", "172044.140000", "172044.140000", "172044.156000", "172044.156000", "172049.125000", "172049.125000", "172049.140000", "172049.140000", "172054.125000", "172054.125000", "172054.140000", "172054.156000", "172059.125000", "172059.140000", "172059.140000", "172104.125000", "172104.125000", "172104.140000", "172104.140000", "172109.125000", "172109.125000", "172109.140000", "172109.140000", "172109.140000", "172114.125000", "172114.140000", "172114.140000", "172114.140000", "172119.125000", "172119.125000", "172119.140000", "172124.125000", "172124.125000", "172124.140000", "172124.140000", "172129.125000", "172129.125000", "172129.140000", "172129.140000", "172134.125000", "172134.125000", "172134.140000", "172134.140000", "172139.125000", "172139.125000", "172139.140000", "172139.140000", "172144.125000", "172144.140000", "172144.140000", "172144.140000", "172149.125000", "172149.125000", "172149.140000", "172149.140000", "172154.125000", "172154.125000", "172154.140000", "172154.140000", "172159.125000", "172159.125000", "172159.140000", "172159.140000", "172204.125000", "172204.125000", "172204.140000", "172204.140000", "172209.125000", "172209.125000", "172209.171000", "172209.171000", "172214.125000", "172214.125000", "172214.140000", "172219.125000", "172219.140000", "172219.140000", "172219.156000", "172224.125000", "172224.125000", "172224.140000", "172224.140000", "172229.125000", "172229.125000", "172229.140000", "172229.140000", "172234.125000", "172234.125000", "172234.140000", "172234.140000", "172239.125000", "172239.125000", "172239.140000", "172239.140000", "172244.125000", "172244.125000", "172244.140000", "172244.140000", "172249.125000", "172249.140000", "172249.140000", "172249.140000", "172249.156000", "172254.125000", "172254.125000", "172254.140000", "172259.125000", "172259.125000", "172259.140000", "172259.140000", "172304.125000", "172304.125000", "172304.140000", "172304.140000", "172304.140000", "172309.125000", "172309.125000", "172309.140000", "172314.140000", "172314.140000", "172314.140000", "172314.140000", "172319.125000", "172319.125000", "172319.140000", "172319.140000", "172324.125000", "172324.125000", "172324.140000", "172324.140000", "172324.140000", "172329.125000", "172329.140000", "172329.156000", "172334.125000", "172334.171000", "172334.171000", "172334.171000", "172339.125000", "172339.140000", "172339.140000", "172339.140000", "172344.125000", "172344.140000", "172344.140000", "172344.140000", "172349.125000", "172349.140000", "172349.140000", "172349.140000", "172354.125000", "172354.125000", "172354.140000", "172354.140000", "172359.125000", "172359.156000", "172359.171000", "172359.171000", "172404.125000", "172404.125000", "172404.140000", "172404.140000", "172409.125000", "172409.125000", "172409.140000", "172409.140000", "172414.125000", "172414.125000", "172414.140000", "172414.140000", "172419.125000", "172419.125000", "172419.140000", "172424.125000", "172424.125000", "172424.140000", "172424.140000", "172429.125000", "172429.125000", "172429.140000", "172429.140000", "172434.125000", "172434.125000", "172434.140000", "172434.140000", "172439.125000", "172439.125000", "172439.140000", "172444.125000", "172444.125000", "172444.140000", "172444.171000", "172449.125000", "172449.125000", "172449.140000", "172449.140000", "172454.125000", "172454.125000", "172454.140000", "172454.140000", "172459.125000", "172459.125000", "172459.140000", "172459.140000", "172504.125000", "172504.125000", "172504.140000", "172509.125000", "172509.125000", "172509.140000", "172509.140000", "172514.125000", "172514.140000", "172514.140000", "172514.140000", "172519.125000", "172519.125000", "172519.140000", "172519.140000", "172524.125000", "172524.125000", "172524.140000", "172524.140000", "172529.125000", "172529.125000", "172529.140000", "172529.140000", "172534.125000", "172534.125000", "172534.140000", "172534.140000", "172539.125000", "172539.125000", "172539.140000", "172539.140000", "172544.125000", "172544.125000", "172544.140000", "172549.125000", "172549.125000", "172549.140000", "172549.140000", "172554.125000", "172554.125000", "172554.140000", "172554.140000", "172554.140000", "172559.125000", "172559.140000", "172559.140000", "172604.125000", "172604.125000", "172604.140000", "172604.140000", "172609.125000", "172609.140000", "172609.140000", "172609.156000", "172614.125000", "172614.140000", "172614.140000", "172614.140000", "172619.125000", "172619.125000", "172619.140000", "172619.140000", "172624.125000", "172624.125000", "172624.140000", "172624.140000", "172629.125000", "172629.125000", "172629.140000", "172629.140000", "172634.125000", "172634.140000", "172634.140000", "172634.140000", "172639.125000", "172639.125000", "172639.140000", "172639.140000", "172644.125000", "172644.125000", "172644.140000", "172649.125000", "172649.125000", "172649.140000", "172649.140000", "172654.125000", "172654.125000", "172654.140000", "172654.140000", "172659.125000", "172659.125000", "172659.140000", "172659.140000", "172704.125000", "172704.125000", "172704.140000", "172704.140000", "172709.125000", "172709.125000", "172709.140000", "172709.140000", "172714.125000", "172714.125000", "172714.140000", "172714.140000", "172719.125000", "172719.125000", "172719.140000", "172719.140000", "172724.125000", "172724.125000", "172724.140000", "172729.140000", "172729.140000", "172729.140000", "172729.140000", "172734.125000", "172734.140000", "172734.140000", "172734.140000", "172734.140000", "172739.125000", "172739.125000", "172739.140000", "172739.140000", "172744.125000", "172744.125000", "172744.140000", "172744.140000", "172749.125000", "172749.125000", "172749.140000", "172749.140000", "172754.125000", "172754.140000", "172754.140000", "172759.125000", "172759.125000", "172759.140000", "172759.140000", "172804.125000", "172804.125000", "172804.140000", "172804.156000", "172809.125000", "172809.125000", "172809.140000", "172809.140000", "172814.125000", "172814.125000", "172814.140000", "172814.140000", "172819.125000", "172819.140000", "172819.140000", "172819.140000", "172819.156000", "172824.125000", "172824.125000", "172824.140000", "172824.140000", "172829.125000", "172829.125000", "172829.140000", "172834.125000", "172834.140000", "172834.140000", "172834.140000", "172839.125000", "172839.125000", "172839.140000", "172839.140000", "172844.125000", "172844.125000", "172844.140000", "172844.140000", "172849.125000", "172849.140000", "172849.140000", "172849.140000", "172854.125000", "172854.125000", "172854.140000", "172854.140000", "172859.125000", "172859.125000", "172859.140000", "172859.140000", "172904.125000", "172904.125000", "172904.140000", "172904.140000", "172909.125000", "172909.125000", "172909.140000", "172909.140000", "172914.125000", "172914.125000", "172914.140000", "172914.140000", "172919.125000", "172919.125000", "172919.140000", "172919.140000", "172924.125000", "172924.140000", "172924.140000", "172924.156000", "172929.125000", "172929.125000", "172929.140000", "172929.140000", "172934.125000", "172934.125000", "172934.140000", "172934.140000", "172939.125000", "172939.125000", "172939.140000", "172939.140000", "172944.125000", "172944.125000", "172944.140000", "172949.125000", "172949.140000", "172949.140000", "172949.140000", "172949.140000", "172954.125000", "172954.125000", "172954.140000", "172959.125000", "172959.125000", "172959.156000", "172959.156000", "172959.156000", "173004.125000", "173004.125000", "173004.140000", "173009.125000", "173009.140000", "173009.140000", "173009.140000", "173014.125000", "173014.125000", "173014.140000", "173014.140000", "173019.125000", "173019.125000", "173019.140000", "173019.140000", "173024.125000", "173024.125000", "173024.140000", "173024.140000", "173029.125000", "173029.125000", "173029.140000", "173029.140000", "173034.125000", "173034.140000", "173034.140000", "173034.140000", "173039.125000", "173039.140000", "173039.140000", "173039.140000", "173039.140000", "173044.125000", "173044.140000", "173044.140000", "173044.140000", "173049.125000", "173049.125000", "173049.140000", "173049.140000", "173049.140000", "173054.125000", "173054.125000", "173054.140000", "173054.140000", "173059.125000", "173059.140000", "173059.140000", "173059.140000", "173104.125000", "173104.125000", "173104.140000", "173104.140000", "173109.125000", "173109.125000", "173109.140000", "173109.140000", "173114.125000", "173114.125000", "173114.140000", "173114.140000", "173114.140000", "173119.125000", "173119.125000", "173119.140000", "173124.125000", "173124.125000", "173124.140000", "173124.140000", "173124.140000", "173127.734000", "173127.734000", "173127.750000", "173127.750000"], "InstanceCreationTime": ["172036.359000", "172044.125000", "172044.125000", "172044.140000", "172044.140000", "172044.140000", "172044.156000", "172044.156000", "172049.125000", "172049.125000", "172049.140000", "172049.140000", "172054.125000", "172054.125000", "172054.140000", "172054.156000", "172059.125000", "172059.140000", "172059.140000", "172104.125000", "172104.125000", "172104.140000", "172104.140000", "172109.125000", "172109.125000", "172109.140000", "172109.140000", "172109.140000", "172114.125000", "172114.140000", "172114.140000", "172114.140000", "172119.125000", "172119.125000", "172119.140000", "172124.125000", "172124.125000", "172124.140000", "172124.140000", "172129.125000", "172129.125000", "172129.140000", "172129.140000", "172134.125000", "172134.125000", "172134.140000", "172134.140000", "172139.125000", "172139.125000", "172139.140000", "172139.140000", "172144.125000", "172144.140000", "172144.140000", "172144.140000", "172149.125000", "172149.125000", "172149.140000", "172149.140000", "172154.125000", "172154.125000", "172154.140000", "172154.140000", "172159.125000", "172159.125000", "172159.140000", "172159.140000", "172204.125000", "172204.125000", "172204.140000", "172204.140000", "172209.125000", "172209.125000", "172209.171000", "172209.171000", "172214.125000", "172214.125000", "172214.140000", "172219.125000", "172219.140000", "172219.140000", "172219.156000", "172224.125000", "172224.125000", "172224.140000", "172224.140000", "172229.125000", "172229.125000", "172229.140000", "172229.140000", "172234.125000", "172234.125000", "172234.140000", "172234.140000", "172239.125000", "172239.125000", "172239.140000", "172239.140000", "172244.125000", "172244.125000", "172244.140000", "172244.140000", "172249.125000", "172249.140000", "172249.140000", "172249.140000", "172249.156000", "172254.125000", "172254.125000", "172254.140000", "172259.125000", "172259.125000", "172259.140000", "172259.140000", "172304.125000", "172304.125000", "172304.140000", "172304.140000", "172304.140000", "172309.125000", "172309.125000", "172309.140000", "172314.140000", "172314.140000", "172314.140000", "172314.140000", "172319.125000", "172319.125000", "172319.140000", "172319.140000", "172324.125000", "172324.125000", "172324.140000", "172324.140000", "172324.140000", "172329.125000", "172329.140000", "172329.156000", "172334.125000", "172334.171000", "172334.171000", "172334.171000", "172339.125000", "172339.140000", "172339.140000", "172339.140000", "172344.125000", "172344.140000", "172344.140000", "172344.140000", "172349.125000", "172349.140000", "172349.140000", "172349.140000", "172354.125000", "172354.125000", "172354.140000", "172354.140000", "172359.125000", "172359.156000", "172359.171000", "172359.171000", "172404.125000", "172404.125000", "172404.140000", "172404.140000", "172409.125000", "172409.125000", "172409.140000", "172409.140000", "172414.125000", "172414.125000", "172414.140000", "172414.140000", "172419.125000", "172419.125000", "172419.140000", "172424.125000", "172424.125000", "172424.140000", "172424.140000", "172429.125000", "172429.125000", "172429.140000", "172429.140000", "172434.125000", "172434.125000", "172434.140000", "172434.140000", "172439.125000", "172439.125000", "172439.140000", "172444.125000", "172444.125000", "172444.140000", "172444.171000", "172449.125000", "172449.125000", "172449.140000", "172449.140000", "172454.125000", "172454.125000", "172454.140000", "172454.140000", "172459.125000", "172459.125000", "172459.140000", "172459.140000", "172504.125000", "172504.125000", "172504.140000", "172509.125000", "172509.125000", "172509.140000", "172509.140000", "172514.125000", "172514.140000", "172514.140000", "172514.140000", "172519.125000", "172519.125000", "172519.140000", "172519.140000", "172524.125000", "172524.125000", "172524.140000", "172524.140000", "172529.125000", "172529.125000", "172529.140000", "172529.140000", "172534.125000", "172534.125000", "172534.140000", "172534.140000", "172539.125000", "172539.125000", "172539.140000", "172539.140000", "172544.125000", "172544.125000", "172544.140000", "172549.125000", "172549.125000", "172549.140000", "172549.140000", "172554.125000", "172554.125000", "172554.140000", "172554.140000", "172554.140000", "172559.125000", "172559.140000", "172559.140000", "172604.125000", "172604.125000", "172604.140000", "172604.140000", "172609.125000", "172609.140000", "172609.140000", "172609.156000", "172614.125000", "172614.140000", "172614.140000", "172614.140000", "172619.125000", "172619.125000", "172619.140000", "172619.140000", "172624.125000", "172624.125000", "172624.140000", "172624.140000", "172629.125000", "172629.125000", "172629.140000", "172629.140000", "172634.125000", "172634.140000", "172634.140000", "172634.140000", "172639.125000", "172639.125000", "172639.140000", "172639.140000", "172644.125000", "172644.125000", "172644.140000", "172649.125000", "172649.125000", "172649.140000", "172649.140000", "172654.125000", "172654.125000", "172654.140000", "172654.140000", "172659.125000", "172659.125000", "172659.140000", "172659.140000", "172704.125000", "172704.125000", "172704.140000", "172704.140000", "172709.125000", "172709.125000", "172709.140000", "172709.140000", "172714.125000", "172714.125000", "172714.140000", "172714.140000", "172719.125000", "172719.125000", "172719.140000", "172719.140000", "172724.125000", "172724.125000", "172724.140000", "172729.140000", "172729.140000", "172729.140000", "172729.140000", "172734.125000", "172734.140000", "172734.140000", "172734.140000", "172734.140000", "172739.125000", "172739.125000", "172739.140000", "172739.140000", "172744.125000", "172744.125000", "172744.140000", "172744.140000", "172749.125000", "172749.125000", "172749.140000", "172749.140000", "172754.125000", "172754.140000", "172754.140000", "172759.125000", "172759.125000", "172759.140000", "172759.140000", "172804.125000", "172804.125000", "172804.140000", "172804.156000", "172809.125000", "172809.125000", "172809.140000", "172809.140000", "172814.125000", "172814.125000", "172814.140000", "172814.140000", "172819.125000", "172819.140000", "172819.140000", "172819.140000", "172819.156000", "172824.125000", "172824.125000", "172824.140000", "172824.140000", "172829.125000", "172829.125000", "172829.140000", "172834.125000", "172834.140000", "172834.140000", "172834.140000", "172839.125000", "172839.125000", "172839.140000", "172839.140000", "172844.125000", "172844.125000", "172844.140000", "172844.140000", "172849.125000", "172849.140000", "172849.140000", "172849.140000", "172854.125000", "172854.125000", "172854.140000", "172854.140000", "172859.125000", "172859.125000", "172859.140000", "172859.140000", "172904.125000", "172904.125000", "172904.140000", "172904.140000", "172909.125000", "172909.125000", "172909.140000", "172909.140000", "172914.125000", "172914.125000", "172914.140000", "172914.140000", "172919.125000", "172919.125000", "172919.140000", "172919.140000", "172924.125000", "172924.140000", "172924.140000", "172924.156000", "172929.125000", "172929.125000", "172929.140000", "172929.140000", "172934.125000", "172934.125000", "172934.140000", "172934.140000", "172939.125000", "172939.125000", "172939.140000", "172939.140000", "172944.125000", "172944.125000", "172944.140000", "172949.125000", "172949.140000", "172949.140000", "172949.140000", "172949.140000", "172954.125000", "172954.125000", "172954.140000", "172959.125000", "172959.125000", "172959.156000", "172959.156000", "172959.156000", "173004.125000", "173004.125000", "173004.140000", "173009.125000", "173009.140000", "173009.140000", "173009.140000", "173014.125000", "173014.125000", "173014.140000", "173014.140000", "173019.125000", "173019.125000", "173019.140000", "173019.140000", "173024.125000", "173024.125000", "173024.140000", "173024.140000", "173029.125000", "173029.125000", "173029.140000", "173029.140000", "173034.125000", "173034.140000", "173034.140000", "173034.140000", "173039.125000", "173039.140000", "173039.140000", "173039.140000", "173039.140000", "173044.125000", "173044.140000", "173044.140000", "173044.140000", "173049.125000", "173049.125000", "173049.140000", "173049.140000", "173049.140000", "173054.125000", "173054.125000", "173054.140000", "173054.140000", "173059.125000", "173059.140000", "173059.140000", "173059.140000", "173104.125000", "173104.125000", "173104.140000", "173104.140000", "173109.125000", "173109.125000", "173109.140000", "173109.140000", "173114.125000", "173114.125000", "173114.140000", "173114.140000", "173114.140000", "173119.125000", "173119.125000", "173119.140000", "173124.125000", "173124.125000", "173124.140000", "173124.140000", "173124.140000", "173127.734000", "173127.734000", "173127.750000", "173127.750000"], "InstanceNumber": [1, 2, 3, 4, 5, 6, 7, 8, 9, 10, 11, 12, 13, 14, 15, 16, 17, 18, 19, 20, 21, 22, 23, 24, 25, 26, 27, 28, 29, 30, 31, 32, 33, 34, 35, 36, 37, 38, 39, 40, 41, 42, 43, 44, 45, 46, 47, 48, 49, 50, 51, 52, 53, 54, 55, 56, 57, 58, 59, 60, 61, 62, 63, 64, 65, 66, 67, 68, 69, 70, 71, 72, 73, 74, 75, 76, 77, 78, 79, 80, 81, 82, 83, 84, 85, 86, 87, 88, 89, 90, 91, 92, 93, 94, 95, 96, 97, 98, 99, 100, 101, 102, 103, 104, 105, 106, 107, 108, 109, 110, 111, 112, 113, 114, 115, 116, 117, 118, 119, 120, 121, 122, 123, 124, 125, 126, 127, 128, 129, 130, 131, 132, 133, 134, 135, 136, 137, 138, 139, 140, 141, 142, 143, 144, 145, 146, 147, 148, 149, 150, 151, 152, 153, 154, 155, 156, 157, 158, 159, 160, 161, 162, 163, 164, 165, 166, 167, 168, 169, 170, 171, 172, 173, 174, 175, 176, 177, 178, 179, 180, 181, 182, 183, 184, 185, 186, 187, 188, 189, 190, 191, 192, 193, 194, 195, 196, 197, 198, 199, 200, 201, 202, 203, 204, 205, 206, 207, 208, 209, 210, 211, 212, 213, 214, 215, 216, 217, 218, 219, 220, 221, 222, 223, 224, 225, 226, 227, 228, 229, 230, 231, 232, 233, 234, 235, 236, 237, 238, 239, 240, 241, 242, 243, 244, 245, 246, 247, 248, 249, 250, 251, 252, 253, 254, 255, 256, 257, 258, 259, 260, 261, 262, 263, 264, 265, 266, 267, 268, 269, 270, 271, 272, 273, 274, 275, 276, 277, 278, 279, 280, 281, 282, 283, 284, 285, 286, 287, 288, 289, 290, 291, 292, 293, 294, 295, 296, 297, 298, 299, 300, 301, 302, 303, 304, 305, 306, 307, 308, 309, 310, 311, 312, 313, 314, 315, 316, 317, 318, 319, 320, 321, 322, 323, 324, 325, 326, 327, 328, 329, 330, 331, 332, 333, 334, 335, 336, 337, 338, 339, 340, 341, 342, 343, 344, 345, 346, 347, 348, 349, 350, 351, 352, 353, 354, 355, 356, 357, 358, 359, 360, 361, 362, 363, 364, 365, 366, 367, 368, 369, 370, 371, 372, 373, 374, 375, 376, 377, 378, 379, 380, 381, 382, 383, 384, 385, 386, 387, 388, 389, 390, 391, 392, 393, 394, 395, 396, 397, 398, 399, 400, 401, 402, 403, 404, 405, 406, 407, 408, 409, 410, 411, 412, 413, 414, 415, 416, 417, 418, 419, 420, 421, 422, 423, 424, 425, 426, 427, 428, 429, 430, 431, 432, 433, 434, 435, 436, 437, 438, 439, 440, 441, 442, 443, 444, 445, 446, 447, 448, 449, 450, 451, 452, 453, 454, 455, 456, 457, 458, 459, 460, 461, 462, 463, 464, 465, 466, 467, 468, 469, 470, 471, 472, 473, 474, 475, 476, 477, 478, 479, 480, 481, 482, 483, 484, 485, 486, 487, 488, 489, 490, 491, 492, 493, 494, 495, 496, 497, 498, 499, 500, 501, 502, 503, 504, 505, 506, 507, 508, 509, 510, 511, 512, 513, 514, 515, 516, 517, 518], "LargestImagePixelValue": [23378, 23163, 22953, 22859, 22671, 22686, 22718, 23987, 22553, 22561, 22604, 22730, 22540, 22304, 22571, 22438, 22405, 22732, 22507, 22617, 22835, 22183, 21916, 21982, 22229, 23305, 22121, 22063, 22269, 22142, 23623, 22183, 22730, 22353, 22673, 22336, 21975, 22295, 22157, 22220, 22297, 22426, 22328, 25747, 22034, 22173, 22904, 21901, 22375, 21843, 22155, 21973, 21892, 21831, 21978, 21770, 21970, 21835, 22218, 23061, 21651, 21605, 21624, 24004, 21771, 21786, 22135, 21971, 21786, 21845, 21783, 24069, 21809, 21946, 21903, 21783, 23514, 21601, 21774, 21717, 21970, 23721, 21850, 21767, 21673, 21925, 23085, 21879, 21966, 22505, 21952, 21834, 21763, 21934, 25605, 21942, 22427, 21966, 22104, 22120, 22118, 21915, 22133, 21956, 21819, 22157, 22197, 22084, 22038, 23318, 22100, 21966, 21894, 22250, 22094, 22128, 22776, 21911, 23188, 22063, 22191, 21877, 21860, 21754, 21782, 21948, 22026, 22129, 21959, 21880, 21809, 21880, 22049, 22053, 22456, 22110, 21837, 21760, 22044, 21756, 22064, 21947, 22290, 21788, 21708, 21729, 21718, 21783, 24722, 22137, 22052, 21606, 21581, 21608, 21447, 21483, 23521, 21788, 23027, 21839, 21760, 21552, 21671, 21800, 21830, 21703, 21745, 21736, 21638, 21856, 21975, 21631, 24054, 21676, 22301, 21738, 22318, 21587, 22068, 21857, 21810, 21699, 22728, 21737, 21734, 24426, 21918, 22111, 22062, 22163, 22238, 22079, 23223, 21942, 23742, 22260, 21923, 21939, 22076, 21860, 22047, 22189, 23353, 21975, 22027, 22136, 22940, 22187, 22122, 21900, 22281, 21918, 21899, 22072, 21766, 21852, 22092, 22371, 22185, 22328, 22140, 22667, 22237, 24848, 22447, 22373, 22508, 22578, 22951, 22584, 22429, 23217, 24303, 22535, 21843, 22140, 23851, 22255, 21849, 21991, 21936, 22388, 21883, 23819, 21853, 21692, 21846, 23227, 21717, 21899, 21909, 22172, 22133, 22276, 22045, 22415, 22151, 22737, 22204, 22422, 22296, 22406, 22287, 22147, 22470, 22908, 22431, 23843, 22206, 22153, 22132, 22298, 22250, 22267, 22047, 22945, 22486, 22302, 22202, 22083, 23521, 22529, 22535, 22424, 22524, 24311, 22115, 22025, 24512, 22550, 22064, 23675, 22391, 22002, 22119, 23091, 22828, 22208, 22116, 22811, 22376, 22216, 22299, 22275, 22186, 24507, 22319, 23346, 22559, 22276, 22443, 22427, 24020, 22614, 22262, 22889, 22763, 22390, 22040, 21957, 22190, 22171, 22287, 22341, 22252, 22723, 22323, 22306, 22379, 22358, 22360, 22440, 22126, 22282, 22876, 22439, 22471, 22419, 22788, 22246, 24977, 22519, 22382, 22487, 22496, 22267, 22572, 22543, 23754, 22476, 22446, 22530, 22402, 28225, 22270, 22513, 22644, 22429, 22491, 22489, 22464, 28306, 22273, 22687, 23123, 22454, 22389, 22327, 22313, 24139, 22492, 22449, 26593, 23712, 22198, 23577, 22376, 22655, 22458, 22490, 22561, 22605, 22618, 24633, 22803, 22734, 22752, 22494, 24480, 22718, 22625, 25361, 22523, 22503, 22640, 22584, 22682, 22607, 22620, 22779, 22874, 27663, 22664, 22424, 22699, 22720, 22845, 23927, 22593, 25403, 22972, 23396, 24518, 23102, 22391, 22866, 24605, 24684, 25336, 27166, 22599, 22744, 22614, 22648, 23405, 22910, 22853, 22740, 22789, 24155, 24028, 22989, 22958, 23272, 23751, 22947, 22929, 27226, 23671, 23075, 27681, 22611, 23585, 23125, 22851, 22936, 24519, 23253, 23038, 22716, 22691, 23026, 24222, 22958, 22763, 22942, 22772, 23367, 22743, 22828, 25919, 22918, 23176, 22722, 22808, 23302, 23050, 22953, 24034, 23161, 24519, 22897, 22883, 22712, 23091, 23105, 23009, 23027, 27225, 22825, 23612, 22840, 22778, 26796, 22753, 22868, 26711, 22672, 22915, 22936, 22991, 29596, 22496, 22887, 23673, 26318, 23015, 23090, 22682, 22849, 22864, 26641, 23168, 23117, 24490, 22774, 24878, 26693, 22887, 23238, 22773, 23184, 23511, 22821, 22820, 24859, 28748, 25337], "WindowCenter": [9550.0, 9543.0, 9540.0, 9529.0, 9525.0, 9532.0, 9535.0, 9544.0, 9540.0, 9541.0, 9527.0, 9520.0, 9531.0, 9547.0, 9554.0, 9530.0, 9546.0, 9542.0, 9531.0, 9543.0, 9560.0, 9540.0, 9545.0, 9540.0, 9539.0, 9519.0, 9503.0, 9511.0, 9512.0, 9523.0, 9539.0, 9525.0, 9540.0, 9534.0, 9513.0, 9536.0, 9531.0, 9541.0, 9542.0, 9527.0, 9535.0, 9533.0, 9538.0, 9525.0, 9508.0, 9524.0, 9521.0, 9501.0, 9537.0, 9528.0, 9529.0, 9532.0, 9530.0, 9510.0, 9513.0, 9514.0, 9540.0, 9532.0, 9530.0, 9512.0, 9520.0, 9506.0, 9508.0, 9513.0, 9498.0, 9517.0, 9521.0, 9526.0, 9525.0, 9514.0, 9491.0, 9516.0, 9526.0, 9520.0, 9532.0, 9531.0, 9525.0, 9508.0, 9513.0, 9498.0, 9497.0, 9511.0, 9503.0, 9506.0, 9506.0, 9500.0, 9518.0, 9514.0, 9506.0, 9506.0, 9490.0, 9496.0, 9513.0, 9519.0, 9536.0, 9501.0, 9517.0, 9510.0, 9504.0, 9507.0, 9508.0, 9510.0, 9507.0, 9508.0, 9506.0, 9512.0, 9523.0, 9526.0, 9527.0, 9534.0, 9524.0, 9495.0, 9520.0, 9539.0, 9530.0, 9525.0, 9530.0, 9490.0, 9494.0, 9526.0, 9497.0, 9499.0, 9506.0, 9490.0, 9494.0, 9506.0, 9512.0, 9497.0, 9496.0, 9517.0, 9516.0, 9520.0, 9523.0, 9511.0, 9499.0, 9510.0, 9486.0, 9469.0, 9506.0, 9509.0, 9518.0, 9527.0, 9517.0, 9523.0, 9508.0, 9508.0, 9509.0, 9511.0, 9529.0, 9503.0, 9501.0, 9492.0, 9489.0, 9498.0, 9504.0, 9518.0, 9518.0, 9500.0, 9518.0, 9525.0, 9502.0, 9506.0, 9493.0, 9510.0, 9516.0, 9509.0, 9536.0, 9517.0, 9515.0, 9517.0, 9524.0, 9516.0, 9536.0, 9519.0, 9512.0, 9510.0, 9521.0, 9498.0, 9516.0, 9513.0, 9499.0, 9499.0, 9534.0, 9522.0, 9513.0, 9523.0, 9516.0, 9504.0, 9502.0, 9492.0, 9495.0, 9507.0, 9485.0, 9493.0, 9507.0, 9490.0, 9498.0, 9497.0, 9500.0, 9503.0, 9489.0, 9491.0, 9495.0, 9492.0, 9497.0, 9495.0, 9494.0, 9495.0, 9511.0, 9514.0, 9504.0, 9509.0, 9493.0, 9493.0, 9492.0, 9500.0, 9513.0, 9520.0, 9512.0, 9518.0, 9517.0, 9515.0, 9505.0, 9518.0, 9501.0, 9513.0, 9522.0, 9502.0, 9505.0, 9516.0, 9508.0, 9526.0, 9588.0, 9546.0, 9546.0, 9542.0, 9532.0, 9531.0, 9512.0, 9529.0, 9509.0, 9509.0, 9496.0, 9524.0, 9495.0, 9531.0, 9539.0, 9506.0, 9486.0, 9478.0, 9493.0, 9485.0, 9486.0, 9508.0, 9511.0, 9495.0, 9512.0, 9508.0, 9491.0, 9478.0, 9487.0, 9502.0, 9497.0, 9486.0, 9495.0, 9510.0, 9500.0, 9513.0, 9495.0, 9479.0, 9498.0, 9488.0, 9508.0, 9507.0, 9478.0, 9492.0, 9516.0, 9493.0, 9499.0, 9500.0, 9517.0, 9500.0, 9495.0, 9509.0, 9495.0, 9501.0, 9485.0, 9475.0, 9516.0, 9472.0, 9494.0, 9501.0, 9502.0, 9498.0, 9503.0, 9493.0, 9495.0, 9466.0, 9480.0, 9498.0, 9505.0, 9517.0, 9504.0, 9519.0, 9502.0, 9498.0, 9503.0, 9501.0, 9509.0, 9503.0, 9523.0, 9510.0, 9493.0, 9494.0, 9510.0, 9500.0, 9499.0, 9483.0, 9493.0, 9510.0, 9504.0, 9496.0, 9504.0, 9503.0, 9493.0, 9501.0, 9488.0, 9504.0, 9506.0, 9503.0, 9516.0, 9506.0, 9496.0, 9496.0, 9496.0, 9487.0, 9498.0, 9513.0, 9511.0, 9491.0, 9507.0, 9499.0, 9489.0, 9486.0, 9491.0, 9491.0, 9501.0, 9510.0, 9522.0, 9506.0, 9506.0, 9483.0, 9502.0, 9530.0, 9519.0, 9504.0, 9490.0, 9492.0, 9486.0, 9492.0, 9498.0, 9516.0, 9507.0, 9506.0, 9505.0, 9496.0, 9495.0, 9493.0, 9510.0, 9524.0, 9498.0, 9507.0, 9517.0, 9497.0, 9483.0, 9515.0, 9490.0, 9511.0, 9488.0, 9485.0, 9485.0, 9513.0, 9484.0, 9509.0, 9520.0, 9510.0, 9500.0, 9494.0, 9522.0, 9499.0, 9499.0, 9518.0, 9505.0, 9488.0, 9490.0, 9496.0, 9492.0, 9486.0, 9516.0, 9508.0, 9487.0, 9499.0, 9489.0, 9485.0, 9494.0, 9487.0, 9498.0, 9501.0, 9508.0, 9512.0, 9500.0, 9496.0, 9554.0, 9536.0, 9505.0, 9511.0, 9490.0, 9477.0, 9492.0, 9507.0, 9489.0, 9501.0, 9497.0, 9484.0, 9491.0, 9512.0, 9486.0, 9492.0, 9521.0, 9510.0, 9497.0, 9500.0, 9496.0, 9514.0, 9497.0, 9510.0, 9506.0, 9512.0, 9496.0, 9492.0, 9509.0, 9503.0, 9529.0, 9509.0, 9502.0, 9494.0, 9497.0, 9514.0, 9497.0, 9502.0, 9514.0, 9485.0, 9502.0, 9494.0, 9488.0, 9510.0, 9499.0, 9510.0, 9518.0, 9511.0, 9509.0, 9512.0, 9504.0, 9485.0, 9502.0, 9515.0, 9485.0, 9491.0, 9494.0, 9503.0, 9508.0, 9493.0, 9507.0, 9498.0, 9511.0, 9502.0, 9505.0, 9509.0, 9517.0, 9515.0, 9490.0, 9502.0, 9485.0, 9525.0, 9516.0, 9513.0, 9524.0, 9483.0, 9507.0, 9513.0, 9513.0, 9536.0, 9506.0, 9480.0, 9482.0, 9502.0, 9496.0, 9479.0, 9504.0, 9500.0, 9526.0, 9522.0, 9482.0, 9485.0, 9508.0, 9500.0, 9522.0, 9519.0, 9488.0, 9510.0, 9504.0, 9497.0, 9492.0, 9483.0, 9505.0, 9506.0, 9497.0, 9473.0], "WindowWidth": [20151.0, 20135.0, 20125.0, 20103.0, 20098.0, 20108.0, 20109.0, 20130.0, 20125.0, 20126.0, 20101.0, 20086.0, 20105.0, 20136.0, 20150.0, 20104.0, 20136.0, 20128.0, 20104.0, 20124.0, 20173.0, 20122.0, 20136.0, 20127.0, 20121.0, 20077.0, 20044.0, 20059.0, 20063.0, 20082.0, 20120.0, 20096.0, 20122.0, 20112.0, 20074.0, 20109.0, 20105.0, 20123.0, 20127.0, 20098.0, 20112.0, 20110.0, 20116.0, 20085.0, 20055.0, 20084.0, 20078.0, 20042.0, 20113.0, 20104.0, 20103.0, 20101.0, 20101.0, 20063.0, 20066.0, 20071.0, 20118.0, 20109.0, 20100.0, 20062.0, 20076.0, 20050.0, 20051.0, 20063.0, 20038.0, 20077.0, 20091.0, 20090.0, 20088.0, 20068.0, 20025.0, 20068.0, 20089.0, 20085.0, 20109.0, 20104.0, 20090.0, 20056.0, 20063.0, 20035.0, 20036.0, 20057.0, 20044.0, 20051.0, 20052.0, 20040.0, 20070.0, 20065.0, 20047.0, 20049.0, 20018.0, 20031.0, 20063.0, 20075.0, 20103.0, 20041.0, 20071.0, 20061.0, 20051.0, 20055.0, 20053.0, 20059.0, 20053.0, 20053.0, 20051.0, 20071.0, 20088.0, 20093.0, 20094.0, 20106.0, 20087.0, 20034.0, 20086.0, 20118.0, 20102.0, 20091.0, 20096.0, 20021.0, 20027.0, 20091.0, 20035.0, 20039.0, 20051.0, 20019.0, 20025.0, 20048.0, 20065.0, 20034.0, 20031.0, 20070.0, 20071.0, 20078.0, 20083.0, 20066.0, 20040.0, 20056.0, 20012.0, 19984.0, 20047.0, 20054.0, 20076.0, 20098.0, 20076.0, 20083.0, 20060.0, 20057.0, 20058.0, 20059.0, 20091.0, 20047.0, 20036.0, 20020.0, 20016.0, 20030.0, 20046.0, 20074.0, 20077.0, 20041.0, 20072.0, 20082.0, 20039.0, 20048.0, 20025.0, 20060.0, 20069.0, 20060.0, 20109.0, 20073.0, 20071.0, 20077.0, 20088.0, 20073.0, 20106.0, 20077.0, 20060.0, 20061.0, 20078.0, 20037.0, 20071.0, 20064.0, 20037.0, 20037.0, 20105.0, 20083.0, 20063.0, 20076.0, 20066.0, 20039.0, 20035.0, 20019.0, 20026.0, 20049.0, 20006.0, 20021.0, 20043.0, 20014.0, 20030.0, 20027.0, 20028.0, 20038.0, 20013.0, 20024.0, 20025.0, 20019.0, 20032.0, 20030.0, 20023.0, 20028.0, 20063.0, 20065.0, 20045.0, 20054.0, 20022.0, 20021.0, 20023.0, 20038.0, 20064.0, 20078.0, 20061.0, 20072.0, 20068.0, 20067.0, 20049.0, 20068.0, 20038.0, 20061.0, 20078.0, 20039.0, 20050.0, 20072.0, 20058.0, 20086.0, 20242.0, 20138.0, 20136.0, 20128.0, 20103.0, 20105.0, 20060.0, 20091.0, 20057.0, 20051.0, 20026.0, 20096.0, 20032.0, 20097.0, 20113.0, 20048.0, 20006.0, 19989.0, 20017.0, 19999.0, 20005.0, 20053.0, 20053.0, 20026.0, 20055.0, 20046.0, 20014.0, 19989.0, 20007.0, 20039.0, 20025.0, 20006.0, 20023.0, 20049.0, 20029.0, 20054.0, 20025.0, 19999.0, 20031.0, 20007.0, 20048.0, 20044.0, 19989.0, 20016.0, 20065.0, 20023.0, 20033.0, 20036.0, 20063.0, 20032.0, 20024.0, 20052.0, 20024.0, 20033.0, 20003.0, 19981.0, 20057.0, 19978.0, 20016.0, 20032.0, 20037.0, 20030.0, 20039.0, 20017.0, 20021.0, 19967.0, 19990.0, 20028.0, 20047.0, 20067.0, 20042.0, 20070.0, 20039.0, 20030.0, 20041.0, 20035.0, 20061.0, 20044.0, 20079.0, 20054.0, 20020.0, 20021.0, 20051.0, 20036.0, 20036.0, 20000.0, 20020.0, 20054.0, 20041.0, 20029.0, 20042.0, 20042.0, 20027.0, 20033.0, 20013.0, 20046.0, 20047.0, 20042.0, 20066.0, 20049.0, 20027.0, 20025.0, 20029.0, 20010.0, 20031.0, 20059.0, 20057.0, 20021.0, 20044.0, 20031.0, 20012.0, 20006.0, 20018.0, 20019.0, 20042.0, 20057.0, 20079.0, 20047.0, 20044.0, 20004.0, 20042.0, 20086.0, 20071.0, 20041.0, 20013.0, 20012.0, 20003.0, 20019.0, 20032.0, 20059.0, 20047.0, 20043.0, 20038.0, 20025.0, 20028.0, 20025.0, 20053.0, 20081.0, 20034.0, 20046.0, 20060.0, 20028.0, 20005.0, 20059.0, 20018.0, 20055.0, 20012.0, 20005.0, 20004.0, 20062.0, 20007.0, 20049.0, 20074.0, 20054.0, 20037.0, 20022.0, 20073.0, 20035.0, 20034.0, 20060.0, 20038.0, 20008.0, 20011.0, 20020.0, 20017.0, 20013.0, 20066.0, 20050.0, 20009.0, 20021.0, 20005.0, 20003.0, 20018.0, 20009.0, 20029.0, 20035.0, 20050.0, 20053.0, 20032.0, 20023.0, 20162.0, 20107.0, 20047.0, 20050.0, 20004.0, 19979.0, 20007.0, 20030.0, 20007.0, 20031.0, 20023.0, 19999.0, 20011.0, 20058.0, 20008.0, 20018.0, 20071.0, 20048.0, 20025.0, 20030.0, 20025.0, 20062.0, 20027.0, 20053.0, 20040.0, 20045.0, 20021.0, 20021.0, 20045.0, 20040.0, 20089.0, 20048.0, 20032.0, 20017.0, 20023.0, 20060.0, 20024.0, 20037.0, 20058.0, 20002.0, 20031.0, 20020.0, 20015.0, 20053.0, 20033.0, 20055.0, 20068.0, 20054.0, 20049.0, 20056.0, 20042.0, 20008.0, 20032.0, 20059.0, 20004.0, 20011.0, 20018.0, 20042.0, 20045.0, 20025.0, 20050.0, 20031.0, 20054.0, 20036.0, 20047.0, 20052.0, 20061.0, 20059.0, 20015.0, 20037.0, 20004.0, 20073.0, 20064.0, 20058.0, 20072.0, 20002.0, 20042.0, 20060.0, 20063.0, 20095.0, 20041.0, 19993.0, 19994.0, 20027.0, 20025.0, 19997.0, 20041.0, 20037.0, 20083.0, 20074.0, 20001.0, 20009.0, 20046.0, 20032.0, 20071.0, 20063.0, 20009.0, 20048.0, 20048.0, 20028.0, 20018.0, 20001.0, 20038.0, 20035.0, 20019.0, 19977.0]}, "slices": {}}}