{"AcquisitionMatrixPE": 128, "AcquisitionNumber": 1, "AcquisitionTime": "07:48:58.930000", "BandwidthPerPixelPhaseEncode": 20.292, "BaseResolution": 128, "BodyPartExamined": "BRAIN", "ConsistencyInfo": "N4_VD11D_LATEST_20110129", "ConversionSoftware": "dcm2niix", "ConversionSoftwareVersion": "v1.0.20210317", "DerivedVendorReportedEchoSpacing": 0.000770008, "DeviceSerialNumber": "45239", "DiffusionScheme": "Monopolar", "DwellTime": 2.4e-06, "EchoTime": 0.092, "EchoTrainLength": 51, "EffectiveEchoSpacing": 0.000385004, "FlipAngle": 90, "ImageComments": "Unaliased MB3/PE3", "ImageOrientationPatientDICOM": [1, -2.05103e-10, 0, 2.05103e-10, 1, 0], "ImageType": ["ORIGINAL", "PRIMARY", "DIFFUSION", "NONE", "ND", "NORM", "MOSAIC"], "ImagingFrequency": 123.193, "InPlanePhaseEncodingDirectionDICOM": "ROW", "InstitutionAddress": "E 24th St. 100,Austin,Southmiddle,US,78712", "InstitutionName": "Univ of Texas at Austin", "InstitutionalDepartmentName": "IRC", "MRAcquisitionType": "2D", "MagneticFieldStrength": 3, "Manufacturer": "Siemens", "ManufacturersModelName": "Skyra", "Modality": "MR", "MultibandAccelerationFactor": 3, "ParallelReductionFactorInPlane": 2, "PartialFourier": 0.75, "PatientPosition": "HFS", "PercentPhaseFOV": 100, "PercentSampling": 100, "PhaseEncodingDirection": "i", "PhaseEncodingSteps": 102, "PhaseResolution": 1, "PixelBandwidth": 1630, "ProcedureStepDescription": "Poldrack2^self-scanning", "ProtocolName": "MBEPI with MDDW R-L", "PulseSequenceDetails": "%CustomerSeq%\\cmrr_mbep2d_diff", "ReceiveCoilActiveElements": "HEA;HEP", "ReceiveCoilName": "Head_32", "ReconMatrixPE": 128, "RefLinesPE": 76, "RepetitionTime": 5, "SAR": 0.143962, "ScanOptions": "PFP\\FS", "ScanningSequence": "EP", "SequenceName": "ep_b5#1", "SequenceVariant": "SK", "SeriesDescription": "MBEPI with MDDW R-L", "SeriesNumber": 14, "ShimSetting": [-2780, 8022, -15451, 171, -178, 60, 229, -45], "SliceThickness": 1.7, "SliceTiming": [0, 3.6525, 2.3075, 0.96, 4.615, 3.2675, 1.9225, 0.575, 4.23, 2.8825, 1.5375, 0.1925, 3.845, 2.5, 1.1525, 4.8075, 3.46, 2.115, 0.7675, 4.4225, 3.075, 1.73, 0.3825, 4.0375, 2.69, 1.345, 0, 3.6525, 2.3075, 0.96, 4.615, 3.2675, 1.9225, 0.575, 4.23, 2.8825, 1.5375, 0.1925, 3.845, 2.5, 1.1525, 4.8075, 3.46, 2.115, 0.7675, 4.4225, 3.075, 1.73, 0.3825, 4.0375, 2.69, 1.345, 0, 3.6525, 2.3075, 0.96, 4.615, 3.2675, 1.9225, 0.575, 4.23, 2.8825, 1.5375, 0.1925, 3.845, 2.5, 1.1525, 4.8075, 3.46, 2.115, 0.7675, 4.4225, 3.075, 1.73, 0.3825, 4.0375, 2.69, 1.345], "SoftwareVersions": "syngo MR D11", "SpacingBetweenSlices": 1.7, "StationName": "AWP45239", "TotalReadoutTime": 0.0488955, "TxRefAmp": 348.017, "WipMemBlock": "f589f055-3e46-460e-b55b-e63d3080c4da||Sequence: VD11D r154; May 23 2012 22:28:10 by eja", "dcmmeta_affine": [[-1.7421875, 3.573285833891049e-10, 0.0, 111.5], [3.573285833891049e-10, 1.7421875, 0.0, -121.86434936523438], [0.0, 0.0, 1.7000000476837158, -20.05048370361328], [0.0, 0.0, 0.0, 1.0]], "dcmmeta_reorient_transform": [[0.0, -1.0, 0.0, 127.0], [1.0, 0.0, 0.0, 0.0], [0.0, 0.0, 1.0, 0.0], [0.0, 0.0, 0.0, 1.0]], "dcmmeta_shape": [128, 128, 78, 64], "dcmmeta_slice_dim": 2, "dcmmeta_version": 0.6, "global": {"const": {"AcquisitionMatrix": [0, 128, 128, 0], "AngioFlag": "N", "BitsAllocated": 16, "BitsStored": 16, "BodyPartExamined": "BRAIN", "Columns": 1152, "EchoNumbers": 1, "EchoTime": 92.0, "EchoTrainLength": 51, "FlipAngle": 90.0, "HighBit": 15, "ImageOrientationPatient": [1.0, -2.051034e-10, 0.0, 2.051034e-10, 1.0, 0.0], "ImagePositionPatient": [-1003.5000002058, -991.39346197527, -20.050483703613], "ImageType": ["ORIGINAL", "PRIMARY", "DIFFUSION", "NONE", "ND", "NORM", "MOSAIC"], "ImagedNucleus": "1H", "ImagingFrequency": 123.193433, "InPlanePhaseEncodingDirection": "ROW", "MRAcquisitionType": "2D", "MagneticFieldStrength": 3.0, "Manufacturer": "SIEMENS", "ManufacturerModelName": "Skyra", "Modality": "MR", "NumberOfAverages": 1.0, "NumberOfPhaseEncodingSteps": 102, "PercentPhaseFieldOfView": 100.0, "PercentSampling": 100.0, "PerformedProcedureStepStartTime": "071119.453000", "PhotometricInterpretation": "MONOCHROME2", "PixelBandwidth": 1630.0, "PixelRepresentation": 0, "PixelSpacing": [1.7421875, 1.7421875], "ProtocolName": "MBEPI with MDDW R-L", "RepetitionTime": 5000.0, "Rows": 1152, "SAR": 0.14396164450159, "SamplesPerPixel": 1, "ScanOptions": ["PFP", "FS"], "ScanningSequence": "EP", "SequenceVariant": "SK", "SeriesDescription": "MBEPI with MDDW R-L", "SeriesNumber": 14, "SeriesTime": "075032.750000", "SliceLocation": -20.050483703613, "SliceThickness": 1.7000000476837, "SmallestImagePixelValue": 0, "SoftwareVersions": "syngo MR D11", "SpacingBetweenSlices": 1.7000000198166, "SpecificCharacterSet": "ISO_IR 100", "StudyID": "1", "StudyTime": "071119.406000", "TransmitCoilName": "Body", "VariableFlipAngleFlag": "N", "WindowCenterWidthExplanation": "Algo1", "dBdt": 0.0}, "slices": {}}, "time": {"samples": {"AcquisitionNumber": [1, 2, 3, 4, 5, 6, 7, 8, 9, 10, 11, 12, 13, 14, 15, 16, 17, 18, 19, 20, 21, 22, 23, 24, 25, 26, 27, 28, 29, 30, 31, 32, 33, 34, 35, 36, 37, 38, 39, 40, 41, 42, 43, 44, 45, 46, 47, 48, 49, 50, 51, 52, 53, 54, 55, 56, 57, 58, 59, 60, 61, 62, 63, 64], "AcquisitionTime": ["074858.930000", "075028.930000", "075033.930000", "075038.930000", "075043.930000", "075048.930000", "075053.930000", "075058.930000", "075103.930000", "075108.930000", "075113.930000", "075118.930000", "075123.930000", "075128.930000", "075133.930000", "075138.930000", "075143.930000", "075148.930000", "075153.930000", "075158.930000", "075203.930000", "075208.930000", "075213.930000", "075218.930000", "075223.930000", "075228.930000", "075233.930000", "075238.930000", "075243.930000", "075248.930000", "075253.930000", "075258.930000", "075303.930000", "075308.930000", "075313.930000", "075318.930000", "075323.930000", "075328.930000", "075333.930000", "075338.930000", "075343.930000", "075348.930000", "075353.930000", "075358.930000", "075403.930000", "075408.930000", "075413.930000", "075418.930000", "075423.930000", "075428.930000", "075433.930000", "075438.930000", "075443.930000", "075448.930000", "075453.930000", "075458.930000", "075503.930000", "075508.930000", "075513.930000", "075518.930000", "075523.930000", "075528.930000", "075533.930000", "075538.930000"], "ContentTime": ["075032.750000", "075042.234000", "075042.250000", "075047.234000", "075052.234000", "075057.234000", "075102.234000", "075107.234000", "075112.234000", "075117.234000", "075122.234000", "075127.234000", "075132.234000", "075137.234000", "075142.234000", "075147.234000", "075152.234000", "075157.234000", "075202.234000", "075207.234000", "075212.234000", "075217.234000", "075222.234000", "075227.234000", "075232.234000", "075237.234000", "075242.234000", "075247.234000", "075252.234000", "075257.234000", "075302.234000", "075307.234000", "075312.234000", "075317.234000", "075322.234000", "075327.234000", "075332.234000", "075337.234000", "075347.234000", "075347.250000", "075352.234000", "075357.234000", "075402.234000", "075407.234000", "075412.234000", "075417.234000", "075422.234000", "075427.234000", "075432.234000", "075437.234000", "075442.234000", "075447.234000", "075452.234000", "075457.234000", "075502.234000", "075507.234000", "075512.234000", "075517.234000", "075522.234000", "075527.234000", "075532.234000", "075537.234000", "075542.234000", "075544.890000"], "InstanceCreationTime": ["075032.750000", "075042.234000", "075042.250000", "075047.234000", "075052.234000", "075057.234000", "075102.234000", "075107.234000", "075112.234000", "075117.234000", "075122.234000", "075127.234000", "075132.234000", "075137.234000", "075142.234000", "075147.234000", "075152.234000", "075157.234000", "075202.234000", "075207.234000", "075212.234000", "075217.234000", "075222.234000", "075227.234000", "075232.234000", "075237.234000", "075242.234000", "075247.234000", "075252.234000", "075257.234000", "075302.234000", "075307.234000", "075312.234000", "075317.234000", "075322.234000", "075327.234000", "075332.234000", "075337.234000", "075347.234000", "075347.250000", "075352.234000", "075357.234000", "075402.234000", "075407.234000", "075412.234000", "075417.234000", "075422.234000", "075427.234000", "075432.234000", "075437.234000", "075442.234000", "075447.234000", "075452.234000", "075457.234000", "075502.234000", "075507.234000", "075512.234000", "075517.234000", "075522.234000", "075527.234000", "075532.234000", "075537.234000", "075542.234000", "075544.890000"], "InstanceNumber": [1, 2, 3, 4, 5, 6, 7, 8, 9, 10, 11, 12, 13, 14, 15, 16, 17, 18, 19, 20, 21, 22, 23, 24, 25, 26, 27, 28, 29, 30, 31, 32, 33, 34, 35, 36, 37, 38, 39, 40, 41, 42, 43, 44, 45, 46, 47, 48, 49, 50, 51, 52, 53, 54, 55, 56, 57, 58, 59, 60, 61, 62, 63, 64], "LargestImagePixelValue": [65213, 16511, 19357, 19623, 16742, 17102, 17532, 16658, 18679, 19401, 16291, 17482, 18473, 19047, 19409, 18024, 64077, 16822, 17798, 18249, 16973, 19530, 19394, 18553, 17512, 16865, 18125, 21564, 19828, 19576, 17541, 19943, 63802, 8468, 9277, 10571, 8465, 8188, 9231, 8875, 9296, 9632, 8674, 8698, 11198, 9590, 10589, 9948, 63915, 9948, 9421, 9313, 10553, 10733, 11386, 9905, 8500, 9151, 9304, 11807, 10221, 11180, 9900, 11033], "SequenceName": ["ep_b5#1", "ep_b995#2", "ep_b995#3", "ep_b995#4", "ep_b995#5", "ep_b1000#6", "ep_b1000#7", "ep_b995#8", "ep_b995#9", "ep_b995#10", "ep_b1000#11", "ep_b1000#12", "ep_b1005#13", "ep_b1005#14", "ep_b1000#15", "ep_b1005#16", "ep_b5#17", "ep_b1005#18", "ep_b1000#19", "ep_b1005#20", "ep_b1005#21", "ep_b995#22", "ep_b1005#23", "ep_b1000#24", "ep_b1000#25", "ep_b1000#26", "ep_b995#27", "ep_b995#28", "ep_b995#29", "ep_b1000#30", "ep_b1005#31", "ep_b1000#32", "ep_b5#1", "ep_b1990#2", "ep_b1990#3", "ep_b1990#4", "ep_b1995#5", "ep_b1995#6", "ep_b2000#7", "ep_b1995#8", "ep_b1990#9", "ep_b1995#10", "ep_b2000#11", "ep_b2000#12", "ep_b2010#13", "ep_b2005#14", "ep_b2000#15", "ep_b2005#16", "ep_b5#17", "ep_b2005#18", "ep_b2005#19", "ep_b2005#20", "ep_b2010#21", "ep_b1990#22", "ep_b2010#23", "ep_b2000#24", "ep_b2000#25", "ep_b1995#26", "ep_b1995#27", "ep_b1995#28", "ep_b1995#29", "ep_b2000#30", "ep_b2005#31", "ep_b2000#32"], "WindowCenter": [7595.0, 3279.0, 3285.0, 3330.0, 3279.0, 3306.0, 3338.0, 3304.0, 3324.0, 3336.0, 3335.0, 3335.0, 3354.0, 3366.0, 3367.0, 3365.0, 7591.0, 3327.0, 3347.0, 3327.0, 3313.0, 3344.0, 3297.0, 3295.0, 3310.0, 3295.0, 3269.0, 3345.0, 3314.0, 3316.0, 3329.0, 3350.0, 7613.0, 2120.0, 2131.0, 2195.0, 2114.0, 2146.0, 2204.0, 2161.0, 2179.0, 2206.0, 2193.0, 2183.0, 2234.0, 2223.0, 2264.0, 2239.0, 7623.0, 2209.0, 2198.0, 2195.0, 2221.0, 2238.0, 2202.0, 2176.0, 2166.0, 2144.0, 2119.0, 2237.0, 2162.0, 2190.0, 2241.0, 2255.0], "WindowWidth": [16632.0, 7551.0, 7570.0, 7661.0, 7544.0, 7596.0, 7665.0, 7594.0, 7639.0, 7657.0, 7657.0, 7653.0, 7700.0, 7719.0, 7723.0, 7720.0, 16633.0, 7649.0, 7677.0, 7647.0, 7624.0, 7688.0, 7594.0, 7584.0, 7612.0, 7580.0, 7535.0, 7691.0, 7626.0, 7633.0, 7658.0, 7705.0, 16678.0, 5202.0, 5222.0, 5359.0, 5185.0, 5259.0, 5371.0, 5286.0, 5322.0, 5378.0, 5357.0, 5347.0, 5426.0, 5412.0, 5498.0, 5455.0, 16700.0, 5388.0, 5376.0, 5362.0, 5403.0, 5444.0, 5366.0, 5319.0, 5310.0, 5250.0, 5200.0, 5444.0, 5287.0, 5345.0, 5456.0, 5485.0]}, "slices": {}}}