{"AcquisitionMatrixPE": 96, "AcquisitionNumber": 1, "AcquisitionTime": "08:09:43.702500", "BandwidthPerPixelPhaseEncode": 33.602, "BaseResolution": 96, "BodyPartExamined": "BRAIN", "ConsistencyInfo": "N4_VD11D_LATEST_20110129", "ConversionSoftware": "dcm2niix", "ConversionSoftwareVersion": "v1.0.20210317", "DerivedVendorReportedEchoSpacing": 0.000620003, "DeviceSerialNumber": "45239", "DwellTime": 2.6e-06, "EchoTime": 0.03, "EchoTrainLength": 48, "EffectiveEchoSpacing": 0.000310001, "FlipAngle": 63, "ImageComments": "Unaliased MB4/PE3", "ImageOrientationPatientDICOM": [0.999816, -0.0169973, 0.00892377, 0.0191974, 0.88523, -0.464756], "ImageType": ["ORIGINAL", "PRIMARY", "M", "ND", "NORM", "MOSAIC"], "ImagingFrequency": 123.193, "InPlanePhaseEncodingDirectionDICOM": "COL", "InstitutionAddress": "E 24th St. 100,Austin,Southmiddle,US,78712", "InstitutionName": "Univ of Texas at Austin", "InstitutionalDepartmentName": "IRC", "MRAcquisitionType": "2D", "MagneticFieldStrength": 3, "Manufacturer": "Siemens", "ManufacturersModelName": "Skyra", "Modality": "MR", "MultibandAccelerationFactor": 4, "ParallelReductionFactorInPlane": 2, "PartialFourier": 1, "PatientPosition": "HFS", "PercentPhaseFOV": 100, "PercentSampling": 100, "PhaseEncodingDirection": "j-", "PhaseEncodingSteps": 96, "PhaseResolution": 1, "PixelBandwidth": 2005, "ProcedureStepDescription": "Poldrack2^self-scanning", "ProtocolName": "N-back fMRI MBEPI_matrix96_BW200", "PulseSequenceDetails": "%CustomerSeq%\\cmrr_mbep2d_bold", "ReceiveCoilActiveElements": "HEA;HEP", "ReceiveCoilName": "Head_32", "ReconMatrixPE": 96, "RefLinesPE": 94, "RepetitionTime": 1.16, "SAR": 0.0948115, "ScanOptions": "FS", "ScanningSequence": "EP", "SequenceName": "epfid2d1_96", "SequenceVariant": "SK", "SeriesDescription": "N-back fMRI MBEPI_matrix96_BW200", "SeriesNumber": 9, "ShimSetting": [-2775, 8055, -15485, 119, -180, 118, 252, -85], "SliceThickness": 2, "SliceTiming": [0, 0.4975, 0.9975, 0.355, 0.855, 0.2125, 0.7125, 0.07, 0.57, 1.0675, 0.4275, 0.925, 0.285, 0.7825, 0.1425, 0.64, 0, 0.4975, 0.9975, 0.355, 0.855, 0.2125, 0.7125, 0.07, 0.57, 1.0675, 0.4275, 0.925, 0.285, 0.7825, 0.1425, 0.64, 0, 0.4975, 0.9975, 0.355, 0.855, 0.2125, 0.7125, 0.07, 0.57, 1.0675, 0.4275, 0.925, 0.285, 0.7825, 0.1425, 0.64, 0, 0.4975, 0.9975, 0.355, 0.855, 0.2125, 0.7125, 0.07, 0.57, 1.0675, 0.4275, 0.925, 0.285, 0.7825, 0.1425, 0.64], "SoftwareVersions": "syngo MR D11", "SpacingBetweenSlices": 2.4, "StationName": "AWP45239", "TaskName": "N-back task", "TotalReadoutTime": 0.0294501, "TxRefAmp": 333.989, "WipMemBlock": "c6103df4-2b8b-4463-b9be-348c0bdd81d3||Sequence: VD11D r206; Feb 13 2013 18:52:04 by eja", "dcmmeta_affine": [[-2.3953917026519775, 0.04599379748106003, 2.2499515139884352e-08, 115.40169525146484], [0.04072260484099388, 2.1208646297454834, -1.1156209707260132, -86.25753784179688], [0.021379871293902397, 1.1134787797927856, 2.1249446868896484, -82.98841094970703], [0.0, 0.0, 0.0, 1.0]], "dcmmeta_reorient_transform": [[0.0, -1.0, 0.0, 95.0], [1.0, 0.0, 0.0, 0.0], [0.0, 0.0, 1.0, 0.0], [0.0, 0.0, 0.0, 1.0]], "dcmmeta_shape": [96, 96, 64, 380], "dcmmeta_slice_dim": 2, "dcmmeta_version": 0.6, "global": {"const": {"AcquisitionMatrix": [96, 0, 0, 96], "AngioFlag": "N", "BitsAllocated": 16, "BitsStored": 16, "BodyPartExamined": "BRAIN", "Columns": 768, "EchoNumbers": 1, "EchoTime": 30.0, "EchoTrainLength": 48, "FlipAngle": 63.0, "HighBit": 15, "ImageOrientationPatient": [0.99981571270871, -0.0169972617128, 0.00892377246662, 0.01919741182477, 0.88523045952286, -0.4647563801737], "ImagePositionPatient": [-940.07664225267, -814.15230021787, 389.73730971881], "ImageType": ["ORIGINAL", "PRIMARY", "M", "ND", "NORM", "MOSAIC"], "ImagedNucleus": "1H", "ImagingFrequency": 123.193369, "InPlanePhaseEncodingDirection": "COL", "MRAcquisitionType": "2D", "MagneticFieldStrength": 3.0, "Manufacturer": "SIEMENS", "ManufacturerModelName": "Skyra", "Modality": "MR", "NumberOfAverages": 1.0, "NumberOfPhaseEncodingSteps": 96, "PercentPhaseFieldOfView": 100.0, "PercentSampling": 100.0, "PerformedProcedureStepStartTime": "071350.656000", "PhotometricInterpretation": "MONOCHROME2", "PixelBandwidth": 2005.0, "PixelRepresentation": 0, "PixelSpacing": [2.3958332538605, 2.3958332538605], "ProtocolName": "N-back fMRI MBEPI_matrix96_BW200", "RepetitionTime": 1160.0, "Rows": 768, "SAR": 0.09481150624712, "SamplesPerPixel": 1, "ScanOptions": "FS", "ScanningSequence": "EP", "SequenceName": "epfid2d1_96", "SequenceVariant": "SK", "SeriesDescription": "N-back fMRI MBEPI_matrix96_BW200", "SeriesNumber": 9, "SeriesTime": "081023.343000", "SliceLocation": -33.381281280627, "SliceThickness": 2.0, "SmallestImagePixelValue": 0, "SoftwareVersions": "syngo MR D11", "SpacingBetweenSlices": 2.4000000502785, "SpecificCharacterSet": "ISO_IR 100", "StudyID": "1", "StudyTime": "071350.609000", "TransmitCoilName": "Body", "VariableFlipAngleFlag": "N", "WindowCenterWidthExplanation": "Algo1", "dBdt": 0.0}, "slices": {}}, "time": {"samples": {"AcquisitionNumber": [1, 2, 3, 4, 5, 6, 7, 8, 9, 10, 11, 12, 13, 14, 15, 16, 17, 18, 19, 20, 21, 22, 23, 24, 25, 26, 27, 28, 29, 30, 31, 32, 33, 34, 35, 36, 37, 38, 39, 40, 41, 42, 43, 44, 45, 46, 47, 48, 49, 50, 51, 52, 53, 54, 55, 56, 57, 58, 59, 60, 61, 62, 63, 64, 65, 66, 67, 68, 69, 70, 71, 72, 73, 74, 75, 76, 77, 78, 79, 80, 81, 82, 83, 84, 85, 86, 87, 88, 89, 90, 91, 92, 93, 94, 95, 96, 97, 98, 99, 100, 101, 102, 103, 104, 105, 106, 107, 108, 109, 110, 111, 112, 113, 114, 115, 116, 117, 118, 119, 120, 121, 122, 123, 124, 125, 126, 127, 128, 129, 130, 131, 132, 133, 134, 135, 136, 137, 138, 139, 140, 141, 142, 143, 144, 145, 146, 147, 148, 149, 150, 151, 152, 153, 154, 155, 156, 157, 158, 159, 160, 161, 162, 163, 164, 165, 166, 167, 168, 169, 170, 171, 172, 173, 174, 175, 176, 177, 178, 179, 180, 181, 182, 183, 184, 185, 186, 187, 188, 189, 190, 191, 192, 193, 194, 195, 196, 197, 198, 199, 200, 201, 202, 203, 204, 205, 206, 207, 208, 209, 210, 211, 212, 213, 214, 215, 216, 217, 218, 219, 220, 221, 222, 223, 224, 225, 226, 227, 228, 229, 230, 231, 232, 233, 234, 235, 236, 237, 238, 239, 240, 241, 242, 243, 244, 245, 246, 247, 248, 249, 250, 251, 252, 253, 254, 255, 256, 257, 258, 259, 260, 261, 262, 263, 264, 265, 266, 267, 268, 269, 270, 271, 272, 273, 274, 275, 276, 277, 278, 279, 280, 281, 282, 283, 284, 285, 286, 287, 288, 289, 290, 291, 292, 293, 294, 295, 296, 297, 298, 299, 300, 301, 302, 303, 304, 305, 306, 307, 308, 309, 310, 311, 312, 313, 314, 315, 316, 317, 318, 319, 320, 321, 322, 323, 324, 325, 326, 327, 328, 329, 330, 331, 332, 333, 334, 335, 336, 337, 338, 339, 340, 341, 342, 343, 344, 345, 346, 347, 348, 349, 350, 351, 352, 353, 354, 355, 356, 357, 358, 359, 360, 361, 362, 363, 364, 365, 366, 367, 368, 369, 370, 371, 372, 373, 374, 375, 376, 377, 378, 379, 380], "AcquisitionTime": ["080943.702500", "081012.702500", "081013.862500", "081015.022500", "081016.182500", "081017.342500", "081018.502500", "081019.662500", "081020.822500", "081021.982500", "081023.142500", "081024.302500", "081025.462500", "081026.622500", "081027.782500", "081028.942500", "081030.102500", "081031.262500", "081032.422500", "081033.582500", "081034.742500", "081035.902500", "081037.062500", "081038.222500", "081039.382500", "081040.542500", "081041.702500", "081042.862500", "081044.022500", "081045.182500", "081046.342500", "081047.502500", "081048.662500", "081049.822500", "081050.982500", "081052.142500", "081053.302500", "081054.462500", "081055.622500", "081056.782500", "081057.942500", "081059.102500", "081100.262500", "081101.422500", "081102.582500", "081103.742500", "081104.902500", "081106.062500", "081107.222500", "081108.382500", "081109.542500", "081110.702500", "081111.862500", "081113.022500", "081114.182500", "081115.342500", "081116.502500", "081117.662500", "081118.822500", "081119.982500", "081121.142500", "081122.302500", "081123.462500", "081124.622500", "081125.782500", "081126.942500", "081128.102500", "081129.262500", "081130.422500", "081131.582500", "081132.742500", "081133.902500", "081135.062500", "081136.222500", "081137.382500", "081138.542500", "081139.702500", "081140.862500", "081142.022500", "081143.182500", "081144.342500", "081145.502500", "081146.662500", "081147.822500", "081148.982500", "081150.142500", "081151.302500", "081152.462500", "081153.622500", "081154.782500", "081155.942500", "081157.102500", "081158.262500", "081159.422500", "081200.582500", "081201.742500", "081202.902500", "081204.062500", "081205.222500", "081206.382500", "081207.542500", "081208.702500", "081209.862500", "081211.022500", "081212.182500", "081213.342500", "081214.502500", "081215.662500", "081216.822500", "081217.982500", "081219.142500", "081220.302500", "081221.462500", "081222.622500", "081223.782500", "081224.942500", "081226.102500", "081227.262500", "081228.422500", "081229.582500", "081230.742500", "081231.902500", "081233.062500", "081234.222500", "081235.382500", "081236.542500", "081237.702500", "081238.862500", "081240.022500", "081241.182500", "081242.342500", "081243.502500", "081244.662500", "081245.822500", "081246.982500", "081248.145000", "081249.305000", "081250.465000", "081251.625000", "081252.785000", "081253.945000", "081255.105000", "081256.265000", "081257.425000", "081258.585000", "081259.745000", "081300.905000", "081302.065000", "081303.225000", "081304.385000", "081305.545000", "081306.705000", "081307.865000", "081309.025000", "081310.185000", "081311.345000", "081312.505000", "081313.665000", "081314.825000", "081315.985000", "081317.145000", "081318.305000", "081319.465000", "081320.625000", "081321.785000", "081322.945000", "081324.105000", "081325.265000", "081326.425000", "081327.585000", "081328.745000", "081329.905000", "081331.065000", "081332.225000", "081333.385000", "081334.545000", "081335.705000", "081336.865000", "081338.025000", "081339.185000", "081340.345000", "081341.505000", "081342.665000", "081343.825000", "081344.985000", "081346.145000", "081347.305000", "081348.465000", "081349.625000", "081350.785000", "081351.945000", "081353.105000", "081354.265000", "081355.425000", "081356.585000", "081357.745000", "081358.905000", "081400.065000", "081401.225000", "081402.385000", "081403.545000", "081404.705000", "081405.865000", "081407.025000", "081408.185000", "081409.345000", "081410.505000", "081411.665000", "081412.825000", "081413.985000", "081415.145000", "081416.305000", "081417.465000", "081418.625000", "081419.785000", "081420.945000", "081422.105000", "081423.265000", "081424.425000", "081425.585000", "081426.745000", "081427.905000", "081429.065000", "081430.225000", "081431.385000", "081432.545000", "081433.705000", "081434.865000", "081436.025000", "081437.185000", "081438.345000", "081439.505000", "081440.665000", "081441.825000", "081442.985000", "081444.145000", "081445.305000", "081446.465000", "081447.625000", "081448.785000", "081449.945000", "081451.105000", "081452.265000", "081453.425000", "081454.585000", "081455.745000", "081456.905000", "081458.065000", "081459.225000", "081500.385000", "081501.545000", "081502.705000", "081503.865000", "081505.025000", "081506.185000", "081507.345000", "081508.505000", "081509.665000", "081510.825000", "081511.985000", "081513.145000", "081514.305000", "081515.465000", "081516.625000", "081517.785000", "081518.945000", "081520.105000", "081521.265000", "081522.425000", "081523.585000", "081524.745000", "081525.905000", "081527.065000", "081528.225000", "081529.385000", "081530.545000", "081531.705000", "081532.865000", "081534.025000", "081535.185000", "081536.345000", "081537.505000", "081538.665000", "081539.825000", "081540.985000", "081542.145000", "081543.305000", "081544.465000", "081545.625000", "081546.785000", "081547.945000", "081549.105000", "081550.265000", "081551.425000", "081552.585000", "081553.745000", "081554.905000", "081556.065000", "081557.225000", "081558.385000", "081559.545000", "081600.705000", "081601.865000", "081603.025000", "081604.185000", "081605.345000", "081606.505000", "081607.665000", "081608.825000", "081609.985000", "081611.145000", "081612.305000", "081613.465000", "081614.625000", "081615.785000", "081616.945000", "081618.105000", "081619.265000", "081620.425000", "081621.585000", "081622.745000", "081623.905000", "081625.065000", "081626.225000", "081627.385000", "081628.545000", "081629.705000", "081630.865000", "081632.025000", "081633.185000", "081634.345000", "081635.505000", "081636.665000", "081637.825000", "081638.985000", "081640.145000", "081641.305000", "081642.465000", "081643.625000", "081644.785000", "081645.945000", "081647.105000", "081648.265000", "081649.425000", "081650.585000", "081651.745000", "081652.905000", "081654.065000", "081655.225000", "081656.385000", "081657.545000", "081658.705000", "081659.865000", "081701.025000", "081702.185000", "081703.345000", "081704.505000", "081705.665000", "081706.825000", "081707.985000", "081709.145000", "081710.305000", "081711.465000", "081712.625000", "081713.785000", "081714.945000", "081716.105000", "081717.265000", "081718.425000", "081719.585000", "081720.745000", "081721.905000", "081723.065000", "081724.225000", "081725.385000", "081726.545000", "081727.705000", "081728.865000", "081730.025000", "081731.185000"], "ContentTime": ["081023.343000", "081031.421000", "081031.437000", "081031.437000", "081031.437000", "081031.453000", "081031.453000", "081031.453000", "081036.421000", "081036.437000", "081036.437000", "081041.421000", "081041.437000", "081041.437000", "081041.437000", "081046.421000", "081046.437000", "081046.437000", "081046.437000", "081051.421000", "081051.437000", "081051.437000", "081051.437000", "081056.421000", "081056.437000", "081056.437000", "081101.421000", "081101.437000", "081101.437000", "081101.437000", "081106.421000", "081106.437000", "081106.437000", "081106.437000", "081111.421000", "081111.437000", "081111.437000", "081116.421000", "081116.437000", "081116.437000", "081116.437000", "081121.421000", "081121.437000", "081121.437000", "081121.437000", "081126.421000", "081126.437000", "081126.437000", "081131.421000", "081131.437000", "081131.437000", "081131.437000", "081136.421000", "081136.437000", "081136.437000", "081141.421000", "081141.437000", "081141.437000", "081141.437000", "081146.421000", "081146.437000", "081146.437000", "081151.421000", "081151.437000", "081151.437000", "081151.437000", "081156.421000", "081156.437000", "081156.437000", "081156.453000", "081201.421000", "081201.437000", "081201.437000", "081206.421000", "081206.437000", "081206.437000", "081206.437000", "081211.421000", "081211.437000", "081211.437000", "081211.437000", "081216.421000", "081216.437000", "081216.437000", "081216.437000", "081221.421000", "081221.437000", "081221.437000", "081221.437000", "081226.421000", "081226.437000", "081226.437000", "081231.421000", "081231.437000", "081231.437000", "081231.437000", "081236.421000", "081236.437000", "081236.437000", "081241.421000", "081241.437000", "081241.437000", "081241.437000", "081246.421000", "081246.437000", "081246.437000", "081246.437000", "081251.421000", "081251.437000", "081251.437000", "081256.421000", "081256.437000", "081256.437000", "081256.437000", "081301.421000", "081301.437000", "081301.437000", "081301.437000", "081306.421000", "081306.437000", "081306.437000", "081311.421000", "081311.437000", "081311.437000", "081311.437000", "081316.421000", "081316.437000", "081316.437000", "081321.421000", "081321.437000", "081321.437000", "081321.437000", "081326.421000", "081326.437000", "081326.437000", "081326.437000", "081331.421000", "081331.437000", "081331.437000", "081331.437000", "081336.421000", "081336.437000", "081336.437000", "081341.421000", "081341.437000", "081341.437000", "081341.437000", "081346.421000", "081346.437000", "081346.437000", "081346.437000", "081351.421000", "081351.437000", "081351.437000", "081351.437000", "081356.421000", "081356.437000", "081356.437000", "081401.421000", "081401.437000", "081401.437000", "081401.437000", "081406.421000", "081406.437000", "081406.437000", "081406.437000", "081411.421000", "081411.437000", "081411.437000", "081416.421000", "081416.437000", "081416.437000", "081416.437000", "081421.421000", "081421.437000", "081421.437000", "081421.437000", "081426.421000", "081426.437000", "081426.437000", "081426.437000", "081431.421000", "081431.437000", "081431.437000", "081431.437000", "081436.421000", "081436.437000", "081436.437000", "081441.421000", "081441.437000", "081441.437000", "081441.437000", "081446.421000", "081446.437000", "081446.437000", "081446.437000", "081451.421000", "081451.437000", "081451.437000", "081456.421000", "081456.437000", "081456.437000", "081456.437000", "081501.421000", "081501.437000", "081501.437000", "081506.421000", "081506.437000", "081506.437000", "081506.437000", "081511.421000", "081511.437000", "081511.437000", "081511.437000", "081516.421000", "081516.437000", "081516.437000", "081516.437000", "081521.421000", "081521.437000", "081521.437000", "081526.421000", "081526.437000", "081526.437000", "081526.437000", "081531.421000", "081531.437000", "081531.437000", "081531.437000", "081536.421000", "081536.437000", "081536.437000", "081536.437000", "081541.421000", "081541.437000", "081541.437000", "081541.437000", "081546.421000", "081546.437000", "081546.437000", "081551.421000", "081551.437000", "081551.437000", "081551.437000", "081556.421000", "081556.437000", "081556.437000", "081556.437000", "081601.421000", "081601.437000", "081601.437000", "081606.421000", "081606.437000", "081606.437000", "081606.437000", "081611.421000", "081611.437000", "081611.437000", "081611.437000", "081616.421000", "081616.437000", "081616.437000", "081616.437000", "081621.421000", "081621.437000", "081621.437000", "081621.437000", "081626.421000", "081626.437000", "081626.437000", "081631.421000", "081631.437000", "081631.437000", "081631.437000", "081636.421000", "081636.437000", "081636.437000", "081636.437000", "081641.421000", "081641.437000", "081641.437000", "081641.437000", "081646.421000", "081646.437000", "081646.437000", "081646.437000", "081651.421000", "081651.437000", "081651.437000", "081656.421000", "081656.437000", "081656.437000", "081656.437000", "081656.437000", "081701.421000", "081701.437000", "081701.437000", "081706.421000", "081706.437000", "081706.437000", "081706.437000", "081711.421000", "081711.437000", "081711.437000", "081716.421000", "081716.437000", "081716.437000", "081716.453000", "081721.421000", "081721.437000", "081721.437000", "081721.437000", "081726.421000", "081726.437000", "081726.437000", "081731.421000", "081731.437000", "081731.437000", "081731.437000", "081736.421000", "081736.437000", "081736.437000", "081736.437000", "081741.421000", "081741.437000", "081741.437000", "081741.437000", "081746.421000", "081746.437000", "081746.437000", "081746.453000", "081751.421000", "081751.437000", "081751.437000", "081751.437000", "081756.421000", "081756.437000", "081756.437000", "081756.437000", "081801.421000", "081801.437000", "081801.437000", "081801.437000", "081806.421000", "081806.437000", "081806.437000", "081811.421000", "081811.437000", "081811.437000", "081811.437000", "081811.437000", "081816.421000", "081816.437000", "081816.437000", "081826.421000", "081826.437000", "081826.437000", "081826.437000", "081826.437000", "081826.437000", "081826.453000", "081826.453000", "081831.421000", "081831.437000", "081831.437000", "081831.437000", "081836.421000", "081836.437000", "081836.437000", "081836.437000", "081841.421000", "081841.437000", "081841.437000", "081841.437000", "081846.421000", "081846.437000", "081846.437000", "081846.437000", "081847.437000", "081847.437000"], "InstanceCreationTime": ["081023.343000", "081031.421000", "081031.437000", "081031.437000", "081031.437000", "081031.453000", "081031.453000", "081031.453000", "081036.421000", "081036.437000", "081036.437000", "081041.421000", "081041.437000", "081041.437000", "081041.437000", "081046.421000", "081046.437000", "081046.437000", "081046.437000", "081051.421000", "081051.437000", "081051.437000", "081051.437000", "081056.421000", "081056.437000", "081056.437000", "081101.421000", "081101.437000", "081101.437000", "081101.437000", "081106.421000", "081106.437000", "081106.437000", "081106.437000", "081111.421000", "081111.437000", "081111.437000", "081116.421000", "081116.437000", "081116.437000", "081116.437000", "081121.421000", "081121.437000", "081121.437000", "081121.437000", "081126.421000", "081126.437000", "081126.437000", "081131.421000", "081131.437000", "081131.437000", "081131.437000", "081136.421000", "081136.437000", "081136.437000", "081141.421000", "081141.437000", "081141.437000", "081141.437000", "081146.421000", "081146.437000", "081146.437000", "081151.421000", "081151.437000", "081151.437000", "081151.437000", "081156.421000", "081156.437000", "081156.437000", "081156.453000", "081201.421000", "081201.437000", "081201.437000", "081206.421000", "081206.437000", "081206.437000", "081206.437000", "081211.421000", "081211.437000", "081211.437000", "081211.437000", "081216.421000", "081216.437000", "081216.437000", "081216.437000", "081221.421000", "081221.437000", "081221.437000", "081221.437000", "081226.421000", "081226.437000", "081226.437000", "081231.421000", "081231.437000", "081231.437000", "081231.437000", "081236.421000", "081236.437000", "081236.437000", "081241.421000", "081241.437000", "081241.437000", "081241.437000", "081246.421000", "081246.437000", "081246.437000", "081246.437000", "081251.421000", "081251.437000", "081251.437000", "081256.421000", "081256.437000", "081256.437000", "081256.437000", "081301.421000", "081301.437000", "081301.437000", "081301.437000", "081306.421000", "081306.437000", "081306.437000", "081311.421000", "081311.437000", "081311.437000", "081311.437000", "081316.421000", "081316.437000", "081316.437000", "081321.421000", "081321.437000", "081321.437000", "081321.437000", "081326.421000", "081326.437000", "081326.437000", "081326.437000", "081331.421000", "081331.437000", "081331.437000", "081331.437000", "081336.421000", "081336.437000", "081336.437000", "081341.421000", "081341.437000", "081341.437000", "081341.437000", "081346.421000", "081346.437000", "081346.437000", "081346.437000", "081351.421000", "081351.437000", "081351.437000", "081351.437000", "081356.421000", "081356.437000", "081356.437000", "081401.421000", "081401.437000", "081401.437000", "081401.437000", "081406.421000", "081406.437000", "081406.437000", "081406.437000", "081411.421000", "081411.437000", "081411.437000", "081416.421000", "081416.437000", "081416.437000", "081416.437000", "081421.421000", "081421.437000", "081421.437000", "081421.437000", "081426.421000", "081426.437000", "081426.437000", "081426.437000", "081431.421000", "081431.437000", "081431.437000", "081431.437000", "081436.421000", "081436.437000", "081436.437000", "081441.421000", "081441.437000", "081441.437000", "081441.437000", "081446.421000", "081446.437000", "081446.437000", "081446.437000", "081451.421000", "081451.437000", "081451.437000", "081456.421000", "081456.437000", "081456.437000", "081456.437000", "081501.421000", "081501.437000", "081501.437000", "081506.421000", "081506.437000", "081506.437000", "081506.437000", "081511.421000", "081511.437000", "081511.437000", "081511.437000", "081516.421000", "081516.437000", "081516.437000", "081516.437000", "081521.421000", "081521.437000", "081521.437000", "081526.421000", "081526.437000", "081526.437000", "081526.437000", "081531.421000", "081531.437000", "081531.437000", "081531.437000", "081536.421000", "081536.437000", "081536.437000", "081536.437000", "081541.421000", "081541.437000", "081541.437000", "081541.437000", "081546.421000", "081546.437000", "081546.437000", "081551.421000", "081551.437000", "081551.437000", "081551.437000", "081556.421000", "081556.437000", "081556.437000", "081556.437000", "081601.421000", "081601.437000", "081601.437000", "081606.421000", "081606.437000", "081606.437000", "081606.437000", "081611.421000", "081611.437000", "081611.437000", "081611.437000", "081616.421000", "081616.437000", "081616.437000", "081616.437000", "081621.421000", "081621.437000", "081621.437000", "081621.437000", "081626.421000", "081626.437000", "081626.437000", "081631.421000", "081631.437000", "081631.437000", "081631.437000", "081636.421000", "081636.437000", "081636.437000", "081636.437000", "081641.421000", "081641.437000", "081641.437000", "081641.437000", "081646.421000", "081646.437000", "081646.437000", "081646.437000", "081651.421000", "081651.437000", "081651.437000", "081656.421000", "081656.437000", "081656.437000", "081656.437000", "081656.437000", "081701.421000", "081701.437000", "081701.437000", "081706.421000", "081706.437000", "081706.437000", "081706.437000", "081711.421000", "081711.437000", "081711.437000", "081716.421000", "081716.437000", "081716.437000", "081716.453000", "081721.421000", "081721.437000", "081721.437000", "081721.437000", "081726.421000", "081726.437000", "081726.437000", "081731.421000", "081731.437000", "081731.437000", "081731.437000", "081736.421000", "081736.437000", "081736.437000", "081736.437000", "081741.421000", "081741.437000", "081741.437000", "081741.437000", "081746.421000", "081746.437000", "081746.437000", "081746.453000", "081751.421000", "081751.437000", "081751.437000", "081751.437000", "081756.421000", "081756.437000", "081756.437000", "081756.437000", "081801.421000", "081801.437000", "081801.437000", "081801.437000", "081806.421000", "081806.437000", "081806.437000", "081811.421000", "081811.437000", "081811.437000", "081811.437000", "081811.437000", "081816.421000", "081816.437000", "081816.437000", "081826.421000", "081826.437000", "081826.437000", "081826.437000", "081826.437000", "081826.437000", "081826.453000", "081826.453000", "081831.421000", "081831.437000", "081831.437000", "081831.437000", "081836.421000", "081836.437000", "081836.437000", "081836.437000", "081841.421000", "081841.437000", "081841.437000", "081841.437000", "081846.421000", "081846.437000", "081846.437000", "081846.437000", "081847.437000", "081847.437000"], "InstanceNumber": [1, 2, 3, 4, 5, 6, 7, 8, 9, 10, 11, 12, 13, 14, 15, 16, 17, 18, 19, 20, 21, 22, 23, 24, 25, 26, 27, 28, 29, 30, 31, 32, 33, 34, 35, 36, 37, 38, 39, 40, 41, 42, 43, 44, 45, 46, 47, 48, 49, 50, 51, 52, 53, 54, 55, 56, 57, 58, 59, 60, 61, 62, 63, 64, 65, 66, 67, 68, 69, 70, 71, 72, 73, 74, 75, 76, 77, 78, 79, 80, 81, 82, 83, 84, 85, 86, 87, 88, 89, 90, 91, 92, 93, 94, 95, 96, 97, 98, 99, 100, 101, 102, 103, 104, 105, 106, 107, 108, 109, 110, 111, 112, 113, 114, 115, 116, 117, 118, 119, 120, 121, 122, 123, 124, 125, 126, 127, 128, 129, 130, 131, 132, 133, 134, 135, 136, 137, 138, 139, 140, 141, 142, 143, 144, 145, 146, 147, 148, 149, 150, 151, 152, 153, 154, 155, 156, 157, 158, 159, 160, 161, 162, 163, 164, 165, 166, 167, 168, 169, 170, 171, 172, 173, 174, 175, 176, 177, 178, 179, 180, 181, 182, 183, 184, 185, 186, 187, 188, 189, 190, 191, 192, 193, 194, 195, 196, 197, 198, 199, 200, 201, 202, 203, 204, 205, 206, 207, 208, 209, 210, 211, 212, 213, 214, 215, 216, 217, 218, 219, 220, 221, 222, 223, 224, 225, 226, 227, 228, 229, 230, 231, 232, 233, 234, 235, 236, 237, 238, 239, 240, 241, 242, 243, 244, 245, 246, 247, 248, 249, 250, 251, 252, 253, 254, 255, 256, 257, 258, 259, 260, 261, 262, 263, 264, 265, 266, 267, 268, 269, 270, 271, 272, 273, 274, 275, 276, 277, 278, 279, 280, 281, 282, 283, 284, 285, 286, 287, 288, 289, 290, 291, 292, 293, 294, 295, 296, 297, 298, 299, 300, 301, 302, 303, 304, 305, 306, 307, 308, 309, 310, 311, 312, 313, 314, 315, 316, 317, 318, 319, 320, 321, 322, 323, 324, 325, 326, 327, 328, 329, 330, 331, 332, 333, 334, 335, 336, 337, 338, 339, 340, 341, 342, 343, 344, 345, 346, 347, 348, 349, 350, 351, 352, 353, 354, 355, 356, 357, 358, 359, 360, 361, 362, 363, 364, 365, 366, 367, 368, 369, 370, 371, 372, 373, 374, 375, 376, 377, 378, 379, 380], "LargestImagePixelValue": [27664, 27070, 27766, 26824, 26738, 26839, 26675, 26790, 26678, 27494, 26783, 26622, 26989, 26994, 27047, 27028, 27090, 27357, 27487, 27377, 27535, 27522, 27670, 27454, 27685, 28450, 27799, 28872, 27755, 27787, 27790, 28311, 27905, 27925, 28122, 27927, 28062, 27866, 27648, 27952, 27915, 27967, 27713, 27847, 27927, 30189, 28008, 27854, 31101, 27632, 28097, 27637, 27670, 28026, 27903, 27967, 27814, 27698, 27483, 27432, 27843, 27886, 27787, 27772, 27828, 27835, 27809, 27959, 27768, 27793, 27887, 27854, 27763, 28294, 28004, 27865, 27721, 32029, 27990, 28808, 28106, 27621, 27606, 27681, 27935, 27800, 27620, 27771, 27924, 27751, 32094, 27773, 27991, 27797, 27815, 28132, 27925, 28000, 27803, 27721, 28029, 27713, 27780, 27790, 27592, 27782, 27989, 28053, 27796, 28013, 27779, 29341, 27879, 27918, 27945, 27964, 27905, 27812, 27734, 28407, 27966, 27837, 27973, 27729, 27908, 27710, 27707, 30090, 28042, 27738, 31032, 27850, 27662, 27868, 28046, 27827, 28070, 27927, 27866, 28014, 27721, 27890, 27960, 27830, 27912, 27692, 29929, 27933, 27943, 27807, 27833, 27717, 27997, 27847, 28050, 27950, 31217, 28126, 27917, 27950, 27932, 27927, 28059, 27859, 27607, 27894, 29633, 28099, 27860, 28551, 27862, 28163, 28116, 27762, 31647, 27802, 27844, 27728, 27889, 27821, 27993, 27973, 27898, 27879, 27720, 27698, 30241, 27789, 29025, 27822, 27617, 27360, 27658, 27834, 27804, 34365, 27669, 27538, 27814, 27874, 28144, 27715, 28722, 28039, 27645, 27919, 28007, 27908, 31213, 27745, 27797, 27863, 27937, 28059, 27988, 27801, 27894, 27741, 28189, 28006, 28025, 27795, 27939, 28013, 27821, 27924, 32794, 27773, 27918, 27819, 27844, 27741, 28172, 27928, 27758, 28168, 27705, 29155, 27919, 30914, 27923, 27686, 27960, 27939, 27894, 29628, 27851, 27939, 27932, 27879, 27534, 28559, 27843, 27651, 27662, 27902, 27640, 27727, 27659, 27720, 28042, 27694, 27714, 27696, 30706, 27731, 27712, 27720, 27824, 27807, 29811, 27901, 27940, 27819, 27787, 27687, 27758, 27822, 27869, 30933, 27836, 32572, 28988, 27663, 27793, 27726, 31859, 27734, 27777, 28454, 27819, 29502, 27689, 27833, 27778, 27908, 27945, 27777, 27809, 27683, 27687, 27435, 27672, 27681, 28524, 27981, 27931, 33469, 27835, 31506, 27946, 27955, 27818, 28998, 27702, 29100, 27818, 27861, 27693, 27846, 27910, 27453, 27715, 27742, 27844, 27795, 27806, 27678, 27813, 27861, 28133, 27665, 27825, 29550, 27713, 27748, 28045, 27854, 27738, 27569, 28090, 27759, 27565, 27724, 27826, 27823, 29832, 27756, 27661, 28016, 27810, 27894, 27736, 27976, 27941, 27939, 27761, 27775, 27805, 27651, 27865, 27789, 27573, 30974, 27476, 30415, 27720, 27655, 27810, 27808, 31110, 27926, 27648, 30069, 27740, 27460, 29418, 27429, 27678, 27651], "WindowCenter": [10132.0, 10095.0, 10118.0, 10105.0, 10126.0, 10116.0, 10110.0, 10122.0, 10104.0, 10103.0, 10082.0, 10093.0, 10102.0, 10115.0, 10093.0, 10103.0, 10088.0, 10090.0, 10097.0, 10118.0, 10116.0, 10105.0, 10114.0, 10102.0, 10124.0, 10139.0, 10103.0, 10097.0, 10088.0, 10112.0, 10120.0, 10115.0, 10110.0, 10093.0, 10101.0, 10093.0, 10103.0, 10115.0, 10108.0, 10126.0, 10116.0, 10128.0, 10118.0, 10114.0, 10116.0, 10129.0, 10100.0, 10107.0, 10109.0, 10094.0, 10089.0, 10091.0, 10084.0, 10097.0, 10095.0, 10086.0, 10105.0, 10093.0, 10115.0, 10098.0, 10098.0, 10105.0, 10098.0, 10114.0, 10103.0, 10115.0, 10108.0, 10114.0, 10103.0, 10094.0, 10100.0, 10109.0, 10115.0, 10099.0, 10092.0, 10104.0, 10099.0, 10124.0, 10111.0, 10102.0, 10104.0, 10108.0, 10095.0, 10093.0, 10097.0, 10091.0, 10094.0, 10108.0, 10116.0, 10116.0, 10132.0, 10093.0, 10090.0, 10103.0, 10096.0, 10071.0, 10085.0, 10083.0, 10090.0, 10086.0, 10082.0, 10077.0, 10084.0, 10092.0, 10084.0, 10072.0, 10090.0, 10104.0, 10099.0, 10089.0, 10092.0, 10121.0, 10097.0, 10105.0, 10077.0, 10084.0, 10095.0, 10103.0, 10110.0, 10113.0, 10116.0, 10096.0, 10095.0, 10107.0, 10093.0, 10062.0, 10098.0, 10094.0, 10091.0, 10103.0, 10097.0, 10084.0, 10082.0, 10098.0, 10104.0, 10095.0, 10107.0, 10107.0, 10123.0, 10094.0, 10095.0, 10088.0, 10096.0, 10116.0, 10102.0, 10083.0, 10096.0, 10079.0, 10090.0, 10103.0, 10086.0, 10084.0, 10083.0, 10094.0, 10099.0, 10097.0, 10118.0, 10114.0, 10092.0, 10077.0, 10088.0, 10082.0, 10075.0, 10090.0, 10065.0, 10095.0, 10092.0, 10103.0, 10094.0, 10080.0, 10091.0, 10089.0, 10100.0, 10114.0, 10108.0, 10090.0, 10091.0, 10090.0, 10100.0, 10067.0, 10103.0, 10082.0, 10069.0, 10080.0, 10085.0, 10093.0, 10098.0, 10074.0, 10086.0, 10081.0, 10088.0, 10091.0, 10100.0, 10096.0, 10102.0, 10108.0, 10080.0, 10089.0, 10090.0, 10095.0, 10094.0, 10095.0, 10101.0, 10075.0, 10071.0, 10075.0, 10103.0, 10076.0, 10100.0, 10080.0, 10079.0, 10093.0, 10101.0, 10090.0, 10098.0, 10060.0, 10096.0, 10083.0, 10077.0, 10094.0, 10069.0, 10066.0, 10080.0, 10084.0, 10118.0, 10111.0, 10119.0, 10078.0, 10091.0, 10091.0, 10095.0, 10084.0, 10084.0, 10082.0, 10081.0, 10085.0, 10063.0, 10085.0, 10069.0, 10086.0, 10087.0, 10070.0, 10072.0, 10077.0, 10085.0, 10076.0, 10075.0, 10060.0, 10087.0, 10098.0, 10084.0, 10083.0, 10067.0, 10068.0, 10081.0, 10060.0, 10083.0, 10064.0, 10084.0, 10101.0, 10099.0, 10075.0, 10087.0, 10086.0, 10106.0, 10087.0, 10092.0, 10098.0, 10089.0, 10098.0, 10086.0, 10094.0, 10071.0, 10102.0, 10085.0, 10093.0, 10104.0, 10102.0, 10087.0, 10089.0, 10069.0, 10092.0, 10076.0, 10083.0, 10073.0, 10082.0, 10086.0, 10065.0, 10085.0, 10083.0, 10073.0, 10086.0, 10059.0, 10056.0, 10061.0, 10043.0, 10053.0, 10071.0, 10072.0, 10090.0, 10089.0, 10083.0, 10105.0, 10087.0, 10084.0, 10089.0, 10091.0, 10094.0, 10070.0, 10077.0, 10066.0, 10088.0, 10075.0, 10087.0, 10094.0, 10091.0, 10056.0, 10070.0, 10069.0, 10083.0, 10076.0, 10059.0, 10075.0, 10091.0, 10087.0, 10089.0, 10078.0, 10090.0, 10091.0, 10090.0, 10085.0, 10068.0, 10086.0, 10095.0, 10083.0, 10072.0, 10068.0, 10066.0, 10081.0, 10069.0, 10087.0, 10080.0, 10065.0, 10085.0, 10065.0, 10076.0, 10079.0, 10071.0, 10062.0, 10080.0, 10079.0, 10070.0, 10075.0, 10080.0, 10068.0, 10059.0, 10085.0, 10078.0, 10085.0, 10097.0, 10092.0, 10098.0, 10071.0, 10100.0, 10085.0, 10069.0, 10076.0, 10072.0, 10076.0, 10069.0, 10088.0, 10070.0, 10060.0, 10085.0, 10069.0, 10079.0, 10088.0, 10062.0, 10076.0, 10084.0], "WindowWidth": [21503.0, 21425.0, 21464.0, 21439.0, 21481.0, 21460.0, 21447.0, 21463.0, 21433.0, 21428.0, 21390.0, 21408.0, 21430.0, 21452.0, 21413.0, 21430.0, 21401.0, 21402.0, 21415.0, 21462.0, 21458.0, 21439.0, 21457.0, 21439.0, 21476.0, 21503.0, 21430.0, 21415.0, 21399.0, 21446.0, 21464.0, 21459.0, 21443.0, 21411.0, 21424.0, 21413.0, 21423.0, 21448.0, 21446.0, 21481.0, 21464.0, 21483.0, 21467.0, 21459.0, 21457.0, 21480.0, 21422.0, 21435.0, 21440.0, 21407.0, 21396.0, 21400.0, 21389.0, 21416.0, 21412.0, 21394.0, 21427.0, 21409.0, 21454.0, 21423.0, 21419.0, 21434.0, 21423.0, 21447.0, 21431.0, 21454.0, 21441.0, 21451.0, 21429.0, 21412.0, 21425.0, 21442.0, 21457.0, 21427.0, 21409.0, 21430.0, 21420.0, 21470.0, 21445.0, 21429.0, 21429.0, 21433.0, 21413.0, 21410.0, 21418.0, 21406.0, 21409.0, 21442.0, 21460.0, 21451.0, 21480.0, 21402.0, 21398.0, 21422.0, 21410.0, 21362.0, 21386.0, 21383.0, 21393.0, 21388.0, 21383.0, 21367.0, 21375.0, 21391.0, 21384.0, 21364.0, 21399.0, 21430.0, 21420.0, 21399.0, 21400.0, 21456.0, 21413.0, 21427.0, 21378.0, 21382.0, 21407.0, 21425.0, 21439.0, 21448.0, 21455.0, 21417.0, 21410.0, 21432.0, 21408.0, 21348.0, 21411.0, 21411.0, 21406.0, 21427.0, 21414.0, 21381.0, 21376.0, 21410.0, 21421.0, 21410.0, 21431.0, 21436.0, 21467.0, 21413.0, 21414.0, 21399.0, 21414.0, 21451.0, 21423.0, 21386.0, 21413.0, 21381.0, 21399.0, 21423.0, 21393.0, 21385.0, 21385.0, 21407.0, 21424.0, 21418.0, 21454.0, 21443.0, 21401.0, 21374.0, 21390.0, 21380.0, 21365.0, 21385.0, 21346.0, 21401.0, 21402.0, 21422.0, 21399.0, 21376.0, 21395.0, 21396.0, 21420.0, 21447.0, 21432.0, 21395.0, 21396.0, 21397.0, 21415.0, 21351.0, 21414.0, 21375.0, 21353.0, 21373.0, 21385.0, 21407.0, 21416.0, 21364.0, 21385.0, 21376.0, 21393.0, 21404.0, 21420.0, 21413.0, 21416.0, 21428.0, 21371.0, 21391.0, 21392.0, 21409.0, 21408.0, 21402.0, 21411.0, 21365.0, 21357.0, 21362.0, 21419.0, 21368.0, 21410.0, 21373.0, 21374.0, 21402.0, 21416.0, 21392.0, 21403.0, 21337.0, 21401.0, 21378.0, 21365.0, 21395.0, 21348.0, 21344.0, 21374.0, 21389.0, 21455.0, 21440.0, 21455.0, 21375.0, 21400.0, 21395.0, 21404.0, 21384.0, 21380.0, 21378.0, 21372.0, 21380.0, 21341.0, 21380.0, 21347.0, 21375.0, 21378.0, 21353.0, 21355.0, 21366.0, 21381.0, 21361.0, 21356.0, 21334.0, 21388.0, 21407.0, 21381.0, 21377.0, 21347.0, 21345.0, 21368.0, 21339.0, 21379.0, 21346.0, 21385.0, 21418.0, 21415.0, 21370.0, 21388.0, 21386.0, 21426.0, 21389.0, 21403.0, 21410.0, 21397.0, 21413.0, 21386.0, 21398.0, 21354.0, 21414.0, 21382.0, 21397.0, 21423.0, 21419.0, 21393.0, 21397.0, 21351.0, 21395.0, 21365.0, 21376.0, 21360.0, 21374.0, 21378.0, 21336.0, 21372.0, 21370.0, 21353.0, 21373.0, 21327.0, 21318.0, 21330.0, 21300.0, 21317.0, 21350.0, 21354.0, 21391.0, 21395.0, 21387.0, 21422.0, 21387.0, 21382.0, 21393.0, 21392.0, 21401.0, 21353.0, 21367.0, 21342.0, 21385.0, 21364.0, 21387.0, 21399.0, 21389.0, 21327.0, 21349.0, 21352.0, 21382.0, 21366.0, 21333.0, 21364.0, 21392.0, 21385.0, 21392.0, 21371.0, 21396.0, 21397.0, 21390.0, 21379.0, 21348.0, 21383.0, 21398.0, 21376.0, 21358.0, 21351.0, 21347.0, 21373.0, 21352.0, 21389.0, 21370.0, 21340.0, 21380.0, 21344.0, 21361.0, 21366.0, 21350.0, 21331.0, 21368.0, 21370.0, 21353.0, 21363.0, 21367.0, 21347.0, 21335.0, 21378.0, 21367.0, 21384.0, 21403.0, 21400.0, 21408.0, 21351.0, 21407.0, 21378.0, 21349.0, 21360.0, 21353.0, 21362.0, 21349.0, 21383.0, 21346.0, 21325.0, 21373.0, 21339.0, 21361.0, 21385.0, 21335.0, 21361.0, 21381.0]}, "slices": {}}}