{"AcquisitionMatrixPE": 96, "AcquisitionNumber": 1, "AcquisitionTime": "07:57:54.452500", "BandwidthPerPixelPhaseEncode": 33.602, "BaseResolution": 96, "BodyPartExamined": "BRAIN", "ConsistencyInfo": "N4_VD11D_LATEST_20110129", "ConversionSoftware": "dcm2niix", "ConversionSoftwareVersion": "v1.0.20210317", "DerivedVendorReportedEchoSpacing": 0.000620003, "DeviceSerialNumber": "45239", "DwellTime": 2.6e-06, "EchoTime": 0.03, "EchoTrainLength": 48, "EffectiveEchoSpacing": 0.000310001, "FlipAngle": 63, "ImageComments": "Unaliased MB4/PE3", "ImageOrientationPatientDICOM": [0.999817, -0.0169365, 0.00889186, 0.0191287, 0.885232, -0.464757], "ImageType": ["ORIGINAL", "PRIMARY", "M", "ND", "NORM", "MOSAIC"], "ImagingFrequency": 123.193, "InPlanePhaseEncodingDirectionDICOM": "COL", "InstitutionAddress": "E 24th St. 100,Austin,Southmiddle,US,78712", "InstitutionName": "Univ of Texas at Austin", "InstitutionalDepartmentName": "IRC", "MRAcquisitionType": "2D", "MagneticFieldStrength": 3, "Manufacturer": "Siemens", "ManufacturersModelName": "Skyra", "Modality": "MR", "MultibandAccelerationFactor": 4, "ParallelReductionFactorInPlane": 2, "PartialFourier": 1, "PatientPosition": "HFS", "PercentPhaseFOV": 100, "PercentSampling": 100, "PhaseEncodingDirection": "j-", "PhaseEncodingSteps": 96, "PhaseResolution": 1, "PixelBandwidth": 2005, "ProcedureStepDescription": "Poldrack2^self-scanning", "ProtocolName": "Resting State fMRI MBEPI_matrix96_BW2004", "PulseSequenceDetails": "%CustomerSeq%\\cmrr_mbep2d_bold", "ReceiveCoilActiveElements": "HEA;HEP", "ReceiveCoilName": "Head_32", "ReconMatrixPE": 96, "RefLinesPE": 94, "RepetitionTime": 1.16, "SAR": 0.0956497, "ScanOptions": "FS", "ScanningSequence": "EP", "SequenceName": "epfid2d1_96", "SequenceVariant": "SK", "SeriesDescription": "Resting State fMRI MBEPI_matrix96_BW2004", "SeriesNumber": 7, "ShimSetting": [-2775, 8055, -15485, 119, -180, 118, 252, -85], "SliceThickness": 2, "SliceTiming": [0, 0.4975, 0.9975, 0.355, 0.855, 0.2125, 0.7125, 0.07, 0.57, 1.0675, 0.4275, 0.925, 0.285, 0.7825, 0.1425, 0.64, 0, 0.4975, 0.9975, 0.355, 0.855, 0.2125, 0.7125, 0.07, 0.57, 1.0675, 0.4275, 0.925, 0.285, 0.7825, 0.1425, 0.64, 0, 0.4975, 0.9975, 0.355, 0.855, 0.2125, 0.7125, 0.07, 0.57, 1.0675, 0.4275, 0.925, 0.285, 0.7825, 0.1425, 0.64, 0, 0.4975, 0.9975, 0.355, 0.855, 0.2125, 0.7125, 0.07, 0.57, 1.0675, 0.4275, 0.925, 0.285, 0.7825, 0.1425, 0.64], "SoftwareVersions": "syngo MR D11", "SpacingBetweenSlices": 2.4, "StationName": "AWP45239", "TaskName": "Resting fmri", "TotalReadoutTime": 0.0294501, "TxRefAmp": 333.989, "WipMemBlock": "356987c9-45d1-44cb-82a0-d3df6fe65da4||Sequence: VD11D r206; Feb 13 2013 18:52:04 by eja", "dcmmeta_affine": [[-2.395394802093506, 0.04582929238677025, 2.597445458718539e-08, 115.40957641601562], [0.04057695344090462, 2.1208672523498535, -1.1156209707260132, -86.25067138671875], [0.021303405985236168, 1.1134803295135498, 2.1249446868896484, -82.98480987548828], [0.0, 0.0, 0.0, 1.0]], "dcmmeta_reorient_transform": [[0.0, -1.0, 0.0, 95.0], [1.0, 0.0, 0.0, 0.0], [0.0, 0.0, 1.0, 0.0], [0.0, 0.0, 0.0, 1.0]], "dcmmeta_shape": [96, 96, 64, 518], "dcmmeta_slice_dim": 2, "dcmmeta_version": 0.6, "global": {"const": {"AcquisitionMatrix": [96, 0, 0, 96], "AngioFlag": "N", "BitsAllocated": 16, "BitsStored": 16, "BodyPartExamined": "BRAIN", "Columns": 768, "EchoNumbers": 1, "EchoTime": 30.0, "EchoTrainLength": 48, "FlipAngle": 63.0, "HighBit": 15, "ImageOrientationPatient": [0.99981702873791, -0.0169364673838, 0.00889185685051, 0.01912874919311, 0.88523161430442, -0.464757011771], "ImagePositionPatient": [-940.01468338046, -814.20929339769, 389.76725315412], "ImageType": ["ORIGINAL", "PRIMARY", "M", "ND", "NORM", "MOSAIC"], "ImagedNucleus": "1H", "ImagingFrequency": 123.193328, "InPlanePhaseEncodingDirection": "COL", "MRAcquisitionType": "2D", "MagneticFieldStrength": 3.0, "Manufacturer": "SIEMENS", "ManufacturerModelName": "Skyra", "Modality": "MR", "NumberOfAverages": 1.0, "NumberOfPhaseEncodingSteps": 96, "PercentPhaseFieldOfView": 100.0, "PercentSampling": 100.0, "PerformedProcedureStepStartTime": "071350.656000", "PhotometricInterpretation": "MONOCHROME2", "PixelBandwidth": 2005.0, "PixelRepresentation": 0, "PixelSpacing": [2.3958332538605, 2.3958332538605], "ProtocolName": "Resting State fMRI MBEPI_matrix96_BW2004", "RepetitionTime": 1160.0, "Rows": 768, "SAR": 0.09564969071022, "SamplesPerPixel": 1, "ScanOptions": "FS", "ScanningSequence": "EP", "SequenceName": "epfid2d1_96", "SequenceVariant": "SK", "SeriesDescription": "Resting State fMRI MBEPI_matrix96_BW2004", "SeriesNumber": 7, "SeriesTime": "075833.687000", "SliceLocation": -33.381281273354, "SliceThickness": 2.0, "SmallestImagePixelValue": 0, "SoftwareVersions": "syngo MR D11", "SpacingBetweenSlices": 2.4000000502785, "SpecificCharacterSet": "ISO_IR 100", "StudyID": "1", "StudyTime": "071350.609000", "TransmitCoilName": "Body", "VariableFlipAngleFlag": "N", "WindowCenterWidthExplanation": "Algo1", "dBdt": 0.0}, "slices": {}}, "time": {"samples": {"AcquisitionNumber": [1, 2, 3, 4, 5, 6, 7, 8, 9, 10, 11, 12, 13, 14, 15, 16, 17, 18, 19, 20, 21, 22, 23, 24, 25, 26, 27, 28, 29, 30, 31, 32, 33, 34, 35, 36, 37, 38, 39, 40, 41, 42, 43, 44, 45, 46, 47, 48, 49, 50, 51, 52, 53, 54, 55, 56, 57, 58, 59, 60, 61, 62, 63, 64, 65, 66, 67, 68, 69, 70, 71, 72, 73, 74, 75, 76, 77, 78, 79, 80, 81, 82, 83, 84, 85, 86, 87, 88, 89, 90, 91, 92, 93, 94, 95, 96, 97, 98, 99, 100, 101, 102, 103, 104, 105, 106, 107, 108, 109, 110, 111, 112, 113, 114, 115, 116, 117, 118, 119, 120, 121, 122, 123, 124, 125, 126, 127, 128, 129, 130, 131, 132, 133, 134, 135, 136, 137, 138, 139, 140, 141, 142, 143, 144, 145, 146, 147, 148, 149, 150, 151, 152, 153, 154, 155, 156, 157, 158, 159, 160, 161, 162, 163, 164, 165, 166, 167, 168, 169, 170, 171, 172, 173, 174, 175, 176, 177, 178, 179, 180, 181, 182, 183, 184, 185, 186, 187, 188, 189, 190, 191, 192, 193, 194, 195, 196, 197, 198, 199, 200, 201, 202, 203, 204, 205, 206, 207, 208, 209, 210, 211, 212, 213, 214, 215, 216, 217, 218, 219, 220, 221, 222, 223, 224, 225, 226, 227, 228, 229, 230, 231, 232, 233, 234, 235, 236, 237, 238, 239, 240, 241, 242, 243, 244, 245, 246, 247, 248, 249, 250, 251, 252, 253, 254, 255, 256, 257, 258, 259, 260, 261, 262, 263, 264, 265, 266, 267, 268, 269, 270, 271, 272, 273, 274, 275, 276, 277, 278, 279, 280, 281, 282, 283, 284, 285, 286, 287, 288, 289, 290, 291, 292, 293, 294, 295, 296, 297, 298, 299, 300, 301, 302, 303, 304, 305, 306, 307, 308, 309, 310, 311, 312, 313, 314, 315, 316, 317, 318, 319, 320, 321, 322, 323, 324, 325, 326, 327, 328, 329, 330, 331, 332, 333, 334, 335, 336, 337, 338, 339, 340, 341, 342, 343, 344, 345, 346, 347, 348, 349, 350, 351, 352, 353, 354, 355, 356, 357, 358, 359, 360, 361, 362, 363, 364, 365, 366, 367, 368, 369, 370, 371, 372, 373, 374, 375, 376, 377, 378, 379, 380, 381, 382, 383, 384, 385, 386, 387, 388, 389, 390, 391, 392, 393, 394, 395, 396, 397, 398, 399, 400, 401, 402, 403, 404, 405, 406, 407, 408, 409, 410, 411, 412, 413, 414, 415, 416, 417, 418, 419, 420, 421, 422, 423, 424, 425, 426, 427, 428, 429, 430, 431, 432, 433, 434, 435, 436, 437, 438, 439, 440, 441, 442, 443, 444, 445, 446, 447, 448, 449, 450, 451, 452, 453, 454, 455, 456, 457, 458, 459, 460, 461, 462, 463, 464, 465, 466, 467, 468, 469, 470, 471, 472, 473, 474, 475, 476, 477, 478, 479, 480, 481, 482, 483, 484, 485, 486, 487, 488, 489, 490, 491, 492, 493, 494, 495, 496, 497, 498, 499, 500, 501, 502, 503, 504, 505, 506, 507, 508, 509, 510, 511, 512, 513, 514, 515, 516, 517, 518], "AcquisitionTime": ["075754.452500", "075823.452500", "075824.612500", "075825.772500", "075826.932500", "075828.092500", "075829.252500", "075830.412500", "075831.572500", "075832.732500", "075833.892500", "075835.052500", "075836.212500", "075837.372500", "075838.532500", "075839.692500", "075840.852500", "075842.012500", "075843.172500", "075844.332500", "075845.492500", "075846.652500", "075847.812500", "075848.972500", "075850.132500", "075851.292500", "075852.452500", "075853.612500", "075854.772500", "075855.932500", "075857.092500", "075858.252500", "075859.412500", "075900.572500", "075901.732500", "075902.892500", "075904.052500", "075905.212500", "075906.372500", "075907.532500", "075908.692500", "075909.852500", "075911.012500", "075912.172500", "075913.332500", "075914.492500", "075915.652500", "075916.812500", "075917.972500", "075919.132500", "075920.292500", "075921.452500", "075922.612500", "075923.772500", "075924.932500", "075926.092500", "075927.252500", "075928.412500", "075929.572500", "075930.732500", "075931.892500", "075933.052500", "075934.212500", "075935.372500", "075936.532500", "075937.692500", "075938.852500", "075940.012500", "075941.172500", "075942.332500", "075943.492500", "075944.652500", "075945.812500", "075946.972500", "075948.132500", "075949.292500", "075950.452500", "075951.612500", "075952.772500", "075953.932500", "075955.092500", "075956.252500", "075957.412500", "075958.572500", "075959.732500", "080000.892500", "080002.052500", "080003.212500", "080004.372500", "080005.532500", "080006.692500", "080007.852500", "080009.012500", "080010.172500", "080011.332500", "080012.492500", "080013.652500", "080014.812500", "080015.972500", "080017.132500", "080018.292500", "080019.452500", "080020.612500", "080021.772500", "080022.932500", "080024.092500", "080025.252500", "080026.412500", "080027.572500", "080028.732500", "080029.892500", "080031.052500", "080032.212500", "080033.372500", "080034.532500", "080035.692500", "080036.852500", "080038.012500", "080039.172500", "080040.332500", "080041.492500", "080042.652500", "080043.812500", "080044.972500", "080046.132500", "080047.292500", "080048.452500", "080049.612500", "080050.772500", "080051.932500", "080053.092500", "080054.252500", "080055.412500", "080056.572500", "080057.732500", "080058.892500", "080100.052500", "080101.212500", "080102.372500", "080103.532500", "080104.692500", "080105.852500", "080107.012500", "080108.172500", "080109.332500", "080110.492500", "080111.652500", "080112.812500", "080113.972500", "080115.132500", "080116.292500", "080117.452500", "080118.612500", "080119.772500", "080120.932500", "080122.092500", "080123.252500", "080124.412500", "080125.572500", "080126.732500", "080127.892500", "080129.052500", "080130.212500", "080131.372500", "080132.532500", "080133.692500", "080134.852500", "080136.012500", "080137.172500", "080138.332500", "080139.492500", "080140.652500", "080141.812500", "080142.972500", "080144.132500", "080145.292500", "080146.452500", "080147.612500", "080148.772500", "080149.932500", "080151.092500", "080152.252500", "080153.412500", "080154.572500", "080155.732500", "080156.895000", "080158.055000", "080159.215000", "080200.375000", "080201.535000", "080202.695000", "080203.855000", "080205.015000", "080206.175000", "080207.335000", "080208.495000", "080209.655000", "080210.815000", "080211.975000", "080213.135000", "080214.295000", "080215.455000", "080216.615000", "080217.775000", "080218.935000", "080220.095000", "080221.255000", "080222.415000", "080223.575000", "080224.735000", "080225.895000", "080227.055000", "080228.215000", "080229.375000", "080230.535000", "080231.695000", "080232.855000", "080234.015000", "080235.175000", "080236.335000", "080237.495000", "080238.655000", "080239.815000", "080240.975000", "080242.135000", "080243.295000", "080244.455000", "080245.615000", "080246.775000", "080247.935000", "080249.095000", "080250.255000", "080251.415000", "080252.575000", "080253.735000", "080254.895000", "080256.055000", "080257.215000", "080258.375000", "080259.535000", "080300.695000", "080301.855000", "080303.015000", "080304.175000", "080305.335000", "080306.495000", "080307.655000", "080308.815000", "080309.975000", "080311.135000", "080312.295000", "080313.455000", "080314.615000", "080315.775000", "080316.935000", "080318.095000", "080319.255000", "080320.415000", "080321.575000", "080322.735000", "080323.895000", "080325.055000", "080326.215000", "080327.375000", "080328.535000", "080329.695000", "080330.855000", "080332.015000", "080333.175000", "080334.335000", "080335.495000", "080336.655000", "080337.815000", "080338.975000", "080340.135000", "080341.295000", "080342.455000", "080343.615000", "080344.775000", "080345.935000", "080347.095000", "080348.255000", "080349.415000", "080350.575000", "080351.735000", "080352.895000", "080354.055000", "080355.215000", "080356.375000", "080357.535000", "080358.695000", "080359.855000", "080401.015000", "080402.175000", "080403.335000", "080404.495000", "080405.655000", "080406.815000", "080407.975000", "080409.135000", "080410.295000", "080411.455000", "080412.615000", "080413.775000", "080414.935000", "080416.095000", "080417.255000", "080418.415000", "080419.575000", "080420.735000", "080421.895000", "080423.055000", "080424.215000", "080425.375000", "080426.535000", "080427.695000", "080428.855000", "080430.015000", "080431.175000", "080432.335000", "080433.495000", "080434.655000", "080435.815000", "080436.975000", "080438.135000", "080439.295000", "080440.455000", "080441.615000", "080442.775000", "080443.935000", "080445.095000", "080446.255000", "080447.415000", "080448.575000", "080449.735000", "080450.895000", "080452.055000", "080453.215000", "080454.375000", "080455.535000", "080456.695000", "080457.855000", "080459.015000", "080500.175000", "080501.335000", "080502.495000", "080503.655000", "080504.815000", "080505.975000", "080507.135000", "080508.295000", "080509.455000", "080510.615000", "080511.775000", "080512.935000", "080514.095000", "080515.255000", "080516.415000", "080517.575000", "080518.735000", "080519.895000", "080521.055000", "080522.215000", "080523.375000", "080524.535000", "080525.695000", "080526.855000", "080528.015000", "080529.175000", "080530.335000", "080531.495000", "080532.655000", "080533.815000", "080534.975000", "080536.135000", "080537.295000", "080538.455000", "080539.615000", "080540.775000", "080541.935000", "080543.095000", "080544.255000", "080545.415000", "080546.575000", "080547.735000", "080548.895000", "080550.055000", "080551.215000", "080552.375000", "080553.535000", "080554.695000", "080555.855000", "080557.015000", "080558.175000", "080559.335000", "080600.495000", "080601.655000", "080602.815000", "080603.975000", "080605.135000", "080606.295000", "080607.455000", "080608.615000", "080609.775000", "080610.935000", "080612.095000", "080613.255000", "080614.415000", "080615.575000", "080616.735000", "080617.895000", "080619.055000", "080620.215000", "080621.375000", "080622.535000", "080623.695000", "080624.855000", "080626.015000", "080627.175000", "080628.335000", "080629.495000", "080630.655000", "080631.815000", "080632.975000", "080634.135000", "080635.295000", "080636.455000", "080637.615000", "080638.775000", "080639.935000", "080641.095000", "080642.255000", "080643.415000", "080644.575000", "080645.735000", "080646.897500", "080648.057500", "080649.217500", "080650.377500", "080651.537500", "080652.697500", "080653.857500", "080655.017500", "080656.177500", "080657.337500", "080658.497500", "080659.657500", "080700.817500", "080701.977500", "080703.137500", "080704.297500", "080705.457500", "080706.617500", "080707.777500", "080708.937500", "080710.097500", "080711.257500", "080712.417500", "080713.577500", "080714.737500", "080715.897500", "080717.057500", "080718.217500", "080719.377500", "080720.537500", "080721.697500", "080722.857500", "080724.017500", "080725.177500", "080726.337500", "080727.497500", "080728.657500", "080729.817500", "080730.977500", "080732.137500", "080733.297500", "080734.457500", "080735.617500", "080736.777500", "080737.937500", "080739.097500", "080740.257500", "080741.417500", "080742.577500", "080743.737500", "080744.897500", "080746.057500", "080747.217500", "080748.377500", "080749.537500", "080750.697500", "080751.857500", "080753.017500", "080754.177500", "080755.337500", "080756.497500", "080757.657500", "080758.817500", "080759.977500", "080801.137500", "080802.297500", "080803.457500", "080804.617500", "080805.777500", "080806.937500", "080808.097500", "080809.257500", "080810.417500", "080811.577500", "080812.737500", "080813.897500", "080815.057500", "080816.217500", "080817.377500", "080818.537500", "080819.697500", "080820.857500", "080822.017500"], "ContentTime": ["075833.687000", "075839.875000", "075839.875000", "075839.875000", "075839.890000", "075839.890000", "075844.875000", "075844.875000", "075844.875000", "075844.890000", "075849.875000", "075849.875000", "075849.875000", "075849.875000", "075854.875000", "075854.875000", "075854.875000", "075859.875000", "075859.875000", "075859.875000", "075859.875000", "075904.875000", "075904.875000", "075904.875000", "075904.875000", "075909.875000", "075909.875000", "075909.875000", "075914.875000", "075914.875000", "075914.875000", "075914.875000", "075919.875000", "075919.875000", "075919.875000", "075919.875000", "075924.875000", "075924.875000", "075924.875000", "075924.875000", "075929.875000", "075929.875000", "075929.875000", "075934.875000", "075934.875000", "075934.875000", "075934.875000", "075939.875000", "075939.875000", "075939.890000", "075939.890000", "075944.875000", "075944.875000", "075944.875000", "075944.875000", "075949.875000", "075949.875000", "075949.890000", "075949.890000", "075954.875000", "075954.875000", "075954.875000", "075954.875000", "075959.875000", "075959.875000", "075959.875000", "080004.875000", "080004.875000", "080004.875000", "080004.875000", "080009.875000", "080009.875000", "080009.875000", "080009.875000", "080014.875000", "080014.875000", "080014.875000", "080014.875000", "080019.875000", "080019.875000", "080019.875000", "080024.875000", "080024.875000", "080024.875000", "080024.875000", "080029.875000", "080029.875000", "080029.875000", "080034.875000", "080034.875000", "080034.875000", "080034.875000", "080039.875000", "080039.875000", "080039.875000", "080039.875000", "080044.875000", "080044.875000", "080044.875000", "080049.875000", "080049.875000", "080049.875000", "080049.875000", "080054.875000", "080054.875000", "080054.875000", "080054.890000", "080059.875000", "080059.875000", "080059.875000", "080104.875000", "080104.875000", "080104.875000", "080104.875000", "080109.875000", "080109.875000", "080109.875000", "080114.875000", "080114.875000", "080114.875000", "080114.890000", "080119.875000", "080119.875000", "080119.875000", "080119.875000", "080124.875000", "080124.875000", "080124.875000", "080124.875000", "080129.875000", "080129.875000", "080129.875000", "080129.890000", "080134.875000", "080134.875000", "080134.875000", "080139.875000", "080139.875000", "080139.875000", "080139.875000", "080144.875000", "080144.875000", "080144.890000", "080149.875000", "080149.875000", "080149.875000", "080149.875000", "080154.875000", "080154.875000", "080154.875000", "080154.875000", "080159.875000", "080159.875000", "080159.875000", "080159.890000", "080204.875000", "080204.875000", "080204.875000", "080209.875000", "080209.875000", "080209.875000", "080209.875000", "080214.875000", "080214.875000", "080214.875000", "080219.875000", "080219.875000", "080219.875000", "080219.875000", "080224.875000", "080224.875000", "080224.875000", "080224.875000", "080229.875000", "080229.875000", "080229.875000", "080234.875000", "080234.875000", "080234.875000", "080234.875000", "080239.875000", "080239.875000", "080239.875000", "080239.875000", "080244.875000", "080244.875000", "080244.875000", "080249.875000", "080249.875000", "080249.875000", "080249.875000", "080254.875000", "080254.875000", "080254.875000", "080259.875000", "080259.875000", "080259.875000", "080259.875000", "080304.875000", "080304.875000", "080304.875000", "080304.875000", "080309.875000", "080309.875000", "080309.875000", "080309.875000", "080314.875000", "080314.875000", "080314.875000", "080319.875000", "080319.875000", "080319.875000", "080319.875000", "080324.875000", "080324.875000", "080324.875000", "080329.875000", "080329.875000", "080329.875000", "080329.875000", "080334.875000", "080334.875000", "080334.875000", "080334.875000", "080339.875000", "080339.875000", "080339.875000", "080344.875000", "080344.875000", "080344.875000", "080344.875000", "080349.875000", "080349.875000", "080349.875000", "080349.890000", "080354.875000", "080354.875000", "080354.875000", "080359.875000", "080359.875000", "080359.875000", "080359.890000", "080404.875000", "080404.875000", "080404.875000", "080404.875000", "080409.875000", "080409.875000", "080409.875000", "080414.875000", "080414.875000", "080414.875000", "080414.890000", "080419.875000", "080419.875000", "080419.890000", "080419.890000", "080424.875000", "080424.875000", "080424.875000", "080424.875000", "080429.875000", "080429.875000", "080429.875000", "080434.875000", "080434.875000", "080434.875000", "080434.875000", "080439.875000", "080439.875000", "080439.875000", "080439.875000", "080444.875000", "080444.875000", "080444.875000", "080444.875000", "080449.875000", "080449.875000", "080449.875000", "080449.875000", "080454.875000", "080454.875000", "080454.875000", "080454.875000", "080459.875000", "080459.875000", "080459.890000", "080504.875000", "080504.875000", "080504.875000", "080504.875000", "080509.875000", "080509.875000", "080509.875000", "080509.875000", "080514.875000", "080514.875000", "080514.875000", "080514.875000", "080519.875000", "080519.875000", "080519.875000", "080524.875000", "080524.875000", "080524.875000", "080524.875000", "080529.875000", "080529.875000", "080529.875000", "080534.875000", "080534.875000", "080534.875000", "080534.890000", "080539.875000", "080539.875000", "080539.875000", "080539.875000", "080544.875000", "080544.875000", "080544.875000", "080544.890000", "080549.875000", "080549.875000", "080549.875000", "080554.875000", "080554.875000", "080554.890000", "080554.890000", "080559.875000", "080559.875000", "080559.875000", "080559.875000", "080604.875000", "080604.875000", "080604.875000", "080604.875000", "080609.875000", "080609.875000", "080609.875000", "080609.875000", "080614.875000", "080614.875000", "080614.890000", "080619.875000", "080619.875000", "080619.875000", "080619.890000", "080624.875000", "080624.875000", "080624.875000", "080624.890000", "080629.875000", "080629.875000", "080629.875000", "080629.875000", "080634.875000", "080634.875000", "080634.875000", "080639.875000", "080639.875000", "080639.890000", "080639.890000", "080644.875000", "080644.875000", "080644.875000", "080649.875000", "080649.875000", "080649.890000", "080649.890000", "080654.875000", "080654.875000", "080654.890000", "080654.890000", "080659.875000", "080659.875000", "080659.890000", "080659.890000", "080704.875000", "080704.875000", "080704.875000", "080709.875000", "080709.875000", "080709.875000", "080709.875000", "080714.875000", "080714.875000", "080714.875000", "080714.875000", "080719.875000", "080719.875000", "080719.875000", "080724.875000", "080724.875000", "080724.875000", "080724.875000", "080729.875000", "080729.875000", "080729.890000", "080734.875000", "080734.875000", "080734.875000", "080734.875000", "080739.875000", "080739.875000", "080739.875000", "080739.875000", "080744.875000", "080744.875000", "080744.875000", "080744.875000", "080749.875000", "080749.875000", "080749.875000", "080754.875000", "080754.875000", "080754.890000", "080754.890000", "080759.875000", "080759.875000", "080759.875000", "080804.875000", "080804.875000", "080804.875000", "080804.875000", "080809.875000", "080809.875000", "080809.875000", "080809.875000", "080814.875000", "080814.875000", "080814.875000", "080819.875000", "080819.875000", "080819.875000", "080819.890000", "080824.875000", "080824.875000", "080824.875000", "080824.890000", "080829.875000", "080829.875000", "080829.875000", "080829.875000", "080834.890000", "080834.890000", "080834.890000", "080839.875000", "080839.875000", "080839.875000", "080839.890000", "080844.875000", "080844.875000", "080844.875000", "080844.890000", "080849.875000", "080849.875000", "080849.875000", "080849.890000", "080854.875000", "080854.875000", "080854.875000", "080854.875000", "080859.875000", "080859.875000", "080859.890000", "080859.890000", "080904.875000", "080904.875000", "080904.875000", "080904.890000", "080909.875000", "080909.875000", "080909.875000", "080909.875000", "080914.875000", "080914.875000", "080914.875000", "080919.875000", "080919.875000", "080919.875000", "080919.890000", "080919.890000", "080924.875000", "080924.875000", "080924.875000", "080924.875000", "080929.875000", "080929.875000", "080929.875000", "080929.875000", "080934.875000", "080934.875000", "080934.875000", "080934.875000", "080939.875000", "080939.875000", "080939.875000", "080939.875000", "080944.875000", "080944.875000", "080944.875000", "080949.875000", "080949.875000", "080949.875000", "080949.875000", "080954.875000", "080954.875000", "080954.875000", "080954.875000", "080959.875000", "080959.875000", "080959.875000", "081004.875000", "081004.875000", "081004.875000", "081004.890000", "081006.390000", "081006.390000"], "InstanceCreationTime": ["075833.687000", "075839.875000", "075839.875000", "075839.875000", "075839.890000", "075839.890000", "075844.875000", "075844.875000", "075844.875000", "075844.890000", "075849.875000", "075849.875000", "075849.875000", "075849.875000", "075854.875000", "075854.875000", "075854.875000", "075859.875000", "075859.875000", "075859.875000", "075859.875000", "075904.875000", "075904.875000", "075904.875000", "075904.875000", "075909.875000", "075909.875000", "075909.875000", "075914.875000", "075914.875000", "075914.875000", "075914.875000", "075919.875000", "075919.875000", "075919.875000", "075919.875000", "075924.875000", "075924.875000", "075924.875000", "075924.875000", "075929.875000", "075929.875000", "075929.875000", "075934.875000", "075934.875000", "075934.875000", "075934.875000", "075939.875000", "075939.875000", "075939.890000", "075939.890000", "075944.875000", "075944.875000", "075944.875000", "075944.875000", "075949.875000", "075949.875000", "075949.890000", "075949.890000", "075954.875000", "075954.875000", "075954.875000", "075954.875000", "075959.875000", "075959.875000", "075959.875000", "080004.875000", "080004.875000", "080004.875000", "080004.875000", "080009.875000", "080009.875000", "080009.875000", "080009.875000", "080014.875000", "080014.875000", "080014.875000", "080014.875000", "080019.875000", "080019.875000", "080019.875000", "080024.875000", "080024.875000", "080024.875000", "080024.875000", "080029.875000", "080029.875000", "080029.875000", "080034.875000", "080034.875000", "080034.875000", "080034.875000", "080039.875000", "080039.875000", "080039.875000", "080039.875000", "080044.875000", "080044.875000", "080044.875000", "080049.875000", "080049.875000", "080049.875000", "080049.875000", "080054.875000", "080054.875000", "080054.875000", "080054.890000", "080059.875000", "080059.875000", "080059.875000", "080104.875000", "080104.875000", "080104.875000", "080104.875000", "080109.875000", "080109.875000", "080109.875000", "080114.875000", "080114.875000", "080114.875000", "080114.890000", "080119.875000", "080119.875000", "080119.875000", "080119.875000", "080124.875000", "080124.875000", "080124.875000", "080124.875000", "080129.875000", "080129.875000", "080129.875000", "080129.890000", "080134.875000", "080134.875000", "080134.875000", "080139.875000", "080139.875000", "080139.875000", "080139.875000", "080144.875000", "080144.875000", "080144.890000", "080149.875000", "080149.875000", "080149.875000", "080149.875000", "080154.875000", "080154.875000", "080154.875000", "080154.875000", "080159.875000", "080159.875000", "080159.875000", "080159.890000", "080204.875000", "080204.875000", "080204.875000", "080209.875000", "080209.875000", "080209.875000", "080209.875000", "080214.875000", "080214.875000", "080214.875000", "080219.875000", "080219.875000", "080219.875000", "080219.875000", "080224.875000", "080224.875000", "080224.875000", "080224.875000", "080229.875000", "080229.875000", "080229.875000", "080234.875000", "080234.875000", "080234.875000", "080234.875000", "080239.875000", "080239.875000", "080239.875000", "080239.875000", "080244.875000", "080244.875000", "080244.875000", "080249.875000", "080249.875000", "080249.875000", "080249.875000", "080254.875000", "080254.875000", "080254.875000", "080259.875000", "080259.875000", "080259.875000", "080259.875000", "080304.875000", "080304.875000", "080304.875000", "080304.875000", "080309.875000", "080309.875000", "080309.875000", "080309.875000", "080314.875000", "080314.875000", "080314.875000", "080319.875000", "080319.875000", "080319.875000", "080319.875000", "080324.875000", "080324.875000", "080324.875000", "080329.875000", "080329.875000", "080329.875000", "080329.875000", "080334.875000", "080334.875000", "080334.875000", "080334.875000", "080339.875000", "080339.875000", "080339.875000", "080344.875000", "080344.875000", "080344.875000", "080344.875000", "080349.875000", "080349.875000", "080349.875000", "080349.890000", "080354.875000", "080354.875000", "080354.875000", "080359.875000", "080359.875000", "080359.875000", "080359.890000", "080404.875000", "080404.875000", "080404.875000", "080404.875000", "080409.875000", "080409.875000", "080409.875000", "080414.875000", "080414.875000", "080414.875000", "080414.890000", "080419.875000", "080419.875000", "080419.890000", "080419.890000", "080424.875000", "080424.875000", "080424.875000", "080424.875000", "080429.875000", "080429.875000", "080429.875000", "080434.875000", "080434.875000", "080434.875000", "080434.875000", "080439.875000", "080439.875000", "080439.875000", "080439.875000", "080444.875000", "080444.875000", "080444.875000", "080444.875000", "080449.875000", "080449.875000", "080449.875000", "080449.875000", "080454.875000", "080454.875000", "080454.875000", "080454.875000", "080459.875000", "080459.875000", "080459.890000", "080504.875000", "080504.875000", "080504.875000", "080504.875000", "080509.875000", "080509.875000", "080509.875000", "080509.875000", "080514.875000", "080514.875000", "080514.875000", "080514.875000", "080519.875000", "080519.875000", "080519.875000", "080524.875000", "080524.875000", "080524.875000", "080524.875000", "080529.875000", "080529.875000", "080529.875000", "080534.875000", "080534.875000", "080534.875000", "080534.890000", "080539.875000", "080539.875000", "080539.875000", "080539.875000", "080544.875000", "080544.875000", "080544.875000", "080544.890000", "080549.875000", "080549.875000", "080549.875000", "080554.875000", "080554.875000", "080554.890000", "080554.890000", "080559.875000", "080559.875000", "080559.875000", "080559.875000", "080604.875000", "080604.875000", "080604.875000", "080604.875000", "080609.875000", "080609.875000", "080609.875000", "080609.875000", "080614.875000", "080614.875000", "080614.890000", "080619.875000", "080619.875000", "080619.875000", "080619.890000", "080624.875000", "080624.875000", "080624.875000", "080624.890000", "080629.875000", "080629.875000", "080629.875000", "080629.875000", "080634.875000", "080634.875000", "080634.875000", "080639.875000", "080639.875000", "080639.890000", "080639.890000", "080644.875000", "080644.875000", "080644.875000", "080649.875000", "080649.875000", "080649.890000", "080649.890000", "080654.875000", "080654.875000", "080654.890000", "080654.890000", "080659.875000", "080659.875000", "080659.890000", "080659.890000", "080704.875000", "080704.875000", "080704.875000", "080709.875000", "080709.875000", "080709.875000", "080709.875000", "080714.875000", "080714.875000", "080714.875000", "080714.875000", "080719.875000", "080719.875000", "080719.875000", "080724.875000", "080724.875000", "080724.875000", "080724.875000", "080729.875000", "080729.875000", "080729.890000", "080734.875000", "080734.875000", "080734.875000", "080734.875000", "080739.875000", "080739.875000", "080739.875000", "080739.875000", "080744.875000", "080744.875000", "080744.875000", "080744.875000", "080749.875000", "080749.875000", "080749.875000", "080754.875000", "080754.875000", "080754.890000", "080754.890000", "080759.875000", "080759.875000", "080759.875000", "080804.875000", "080804.875000", "080804.875000", "080804.875000", "080809.875000", "080809.875000", "080809.875000", "080809.875000", "080814.875000", "080814.875000", "080814.875000", "080819.875000", "080819.875000", "080819.875000", "080819.890000", "080824.875000", "080824.875000", "080824.875000", "080824.890000", "080829.875000", "080829.875000", "080829.875000", "080829.875000", "080834.890000", "080834.890000", "080834.890000", "080839.875000", "080839.875000", "080839.875000", "080839.890000", "080844.875000", "080844.875000", "080844.875000", "080844.890000", "080849.875000", "080849.875000", "080849.875000", "080849.890000", "080854.875000", "080854.875000", "080854.875000", "080854.875000", "080859.875000", "080859.875000", "080859.890000", "080859.890000", "080904.875000", "080904.875000", "080904.875000", "080904.890000", "080909.875000", "080909.875000", "080909.875000", "080909.875000", "080914.875000", "080914.875000", "080914.875000", "080919.875000", "080919.875000", "080919.875000", "080919.890000", "080919.890000", "080924.875000", "080924.875000", "080924.875000", "080924.875000", "080929.875000", "080929.875000", "080929.875000", "080929.875000", "080934.875000", "080934.875000", "080934.875000", "080934.875000", "080939.875000", "080939.875000", "080939.875000", "080939.875000", "080944.875000", "080944.875000", "080944.875000", "080949.875000", "080949.875000", "080949.875000", "080949.875000", "080954.875000", "080954.875000", "080954.875000", "080954.875000", "080959.875000", "080959.875000", "080959.875000", "081004.875000", "081004.875000", "081004.875000", "081004.890000", "081006.390000", "081006.390000"], "InstanceNumber": [1, 2, 3, 4, 5, 6, 7, 8, 9, 10, 11, 12, 13, 14, 15, 16, 17, 18, 19, 20, 21, 22, 23, 24, 25, 26, 27, 28, 29, 30, 31, 32, 33, 34, 35, 36, 37, 38, 39, 40, 41, 42, 43, 44, 45, 46, 47, 48, 49, 50, 51, 52, 53, 54, 55, 56, 57, 58, 59, 60, 61, 62, 63, 64, 65, 66, 67, 68, 69, 70, 71, 72, 73, 74, 75, 76, 77, 78, 79, 80, 81, 82, 83, 84, 85, 86, 87, 88, 89, 90, 91, 92, 93, 94, 95, 96, 97, 98, 99, 100, 101, 102, 103, 104, 105, 106, 107, 108, 109, 110, 111, 112, 113, 114, 115, 116, 117, 118, 119, 120, 121, 122, 123, 124, 125, 126, 127, 128, 129, 130, 131, 132, 133, 134, 135, 136, 137, 138, 139, 140, 141, 142, 143, 144, 145, 146, 147, 148, 149, 150, 151, 152, 153, 154, 155, 156, 157, 158, 159, 160, 161, 162, 163, 164, 165, 166, 167, 168, 169, 170, 171, 172, 173, 174, 175, 176, 177, 178, 179, 180, 181, 182, 183, 184, 185, 186, 187, 188, 189, 190, 191, 192, 193, 194, 195, 196, 197, 198, 199, 200, 201, 202, 203, 204, 205, 206, 207, 208, 209, 210, 211, 212, 213, 214, 215, 216, 217, 218, 219, 220, 221, 222, 223, 224, 225, 226, 227, 228, 229, 230, 231, 232, 233, 234, 235, 236, 237, 238, 239, 240, 241, 242, 243, 244, 245, 246, 247, 248, 249, 250, 251, 252, 253, 254, 255, 256, 257, 258, 259, 260, 261, 262, 263, 264, 265, 266, 267, 268, 269, 270, 271, 272, 273, 274, 275, 276, 277, 278, 279, 280, 281, 282, 283, 284, 285, 286, 287, 288, 289, 290, 291, 292, 293, 294, 295, 296, 297, 298, 299, 300, 301, 302, 303, 304, 305, 306, 307, 308, 309, 310, 311, 312, 313, 314, 315, 316, 317, 318, 319, 320, 321, 322, 323, 324, 325, 326, 327, 328, 329, 330, 331, 332, 333, 334, 335, 336, 337, 338, 339, 340, 341, 342, 343, 344, 345, 346, 347, 348, 349, 350, 351, 352, 353, 354, 355, 356, 357, 358, 359, 360, 361, 362, 363, 364, 365, 366, 367, 368, 369, 370, 371, 372, 373, 374, 375, 376, 377, 378, 379, 380, 381, 382, 383, 384, 385, 386, 387, 388, 389, 390, 391, 392, 393, 394, 395, 396, 397, 398, 399, 400, 401, 402, 403, 404, 405, 406, 407, 408, 409, 410, 411, 412, 413, 414, 415, 416, 417, 418, 419, 420, 421, 422, 423, 424, 425, 426, 427, 428, 429, 430, 431, 432, 433, 434, 435, 436, 437, 438, 439, 440, 441, 442, 443, 444, 445, 446, 447, 448, 449, 450, 451, 452, 453, 454, 455, 456, 457, 458, 459, 460, 461, 462, 463, 464, 465, 466, 467, 468, 469, 470, 471, 472, 473, 474, 475, 476, 477, 478, 479, 480, 481, 482, 483, 484, 485, 486, 487, 488, 489, 490, 491, 492, 493, 494, 495, 496, 497, 498, 499, 500, 501, 502, 503, 504, 505, 506, 507, 508, 509, 510, 511, 512, 513, 514, 515, 516, 517, 518], "LargestImagePixelValue": [28801, 28359, 28152, 27696, 27721, 28159, 27878, 27820, 27629, 27631, 27569, 27481, 27861, 31078, 27882, 27705, 27836, 27634, 27662, 27539, 27573, 27391, 27781, 30547, 27503, 27695, 28368, 27630, 27567, 27716, 27627, 27839, 27584, 27763, 31049, 27619, 27649, 27665, 27713, 27390, 28872, 27711, 33039, 27644, 27703, 27667, 27522, 27533, 27670, 27659, 27472, 27542, 27711, 27574, 27601, 27608, 27565, 27644, 27704, 27669, 27622, 32319, 27660, 27704, 27726, 27874, 27801, 27646, 27608, 29840, 27741, 27744, 27410, 27380, 29631, 27619, 27866, 27624, 27762, 27580, 27693, 27737, 30771, 27553, 27755, 27558, 27483, 27406, 27614, 27450, 31835, 27704, 27699, 27813, 27609, 27479, 27672, 27530, 27555, 27844, 27481, 27536, 27687, 27623, 27581, 27555, 27733, 27720, 27514, 27421, 27966, 27604, 27517, 27708, 27437, 27468, 27560, 27588, 27623, 27889, 27553, 27593, 31516, 27607, 29058, 27603, 27992, 27677, 27673, 27471, 27648, 27734, 29081, 27521, 27546, 27748, 27528, 27650, 27807, 27763, 27599, 27492, 27610, 27637, 27574, 27444, 28258, 27809, 27798, 27732, 27672, 27345, 27689, 27733, 27515, 27483, 27418, 27703, 27536, 27508, 27543, 31522, 27893, 27370, 27639, 27630, 27540, 27715, 27908, 30985, 27661, 27576, 27637, 27609, 27547, 27663, 27734, 27634, 27609, 27966, 27585, 27305, 29843, 27530, 27444, 27659, 27410, 27689, 27282, 27370, 32252, 28216, 27563, 27454, 27206, 27271, 31646, 27148, 29705, 27451, 27272, 29683, 27405, 27306, 26950, 27325, 28888, 27380, 27356, 27415, 27522, 27392, 26916, 27234, 27216, 27820, 27078, 27413, 30720, 27227, 27216, 31091, 27128, 27068, 27245, 27292, 27587, 27373, 27347, 27413, 27476, 27140, 27134, 27189, 27529, 27443, 27290, 27126, 29004, 31564, 27336, 27387, 29079, 27113, 27301, 27196, 27295, 27290, 27291, 27644, 27257, 27124, 27650, 27488, 27358, 27391, 27344, 27405, 27261, 31547, 27382, 27353, 27193, 27191, 27458, 27340, 27350, 27026, 27197, 28922, 27433, 27320, 27306, 27315, 27303, 27344, 27504, 27516, 27175, 27267, 27404, 27453, 27666, 27478, 26913, 27191, 26981, 27076, 27332, 27241, 27134, 27230, 26994, 31685, 27243, 27450, 27173, 26844, 27252, 27106, 27100, 26994, 26951, 26910, 27061, 26962, 26484, 26682, 29154, 26857, 26689, 26676, 26713, 26860, 26651, 26665, 26561, 26549, 26592, 26824, 26603, 27042, 30839, 26669, 26492, 28064, 26758, 26716, 26756, 26699, 26820, 26737, 26474, 26532, 29897, 26731, 26789, 26877, 27103, 26788, 26433, 26526, 29446, 27396, 26753, 26966, 26707, 26430, 30524, 26465, 26392, 26599, 26580, 26578, 26403, 26326, 26272, 29938, 26414, 26353, 31104, 26411, 26444, 26347, 26151, 26182, 26229, 26511, 27153, 26320, 26475, 30494, 26149, 28915, 26546, 26296, 25976, 25991, 31513, 26293, 26177, 26264, 25944, 26064, 29993, 25909, 26204, 26103, 29422, 26065, 25940, 25939, 29125, 26656, 26422, 26305, 26140, 25886, 30824, 28332, 26100, 26192, 26404, 25889, 25781, 28542, 26212, 26186, 26176, 26248, 25794, 25556, 25702, 25589, 27170, 25807, 25745, 26848, 25583, 26005, 25982, 25395, 26532, 25631, 25469, 26088, 25932, 25740, 25638, 31337, 25664, 26738, 25906, 26011, 25865, 31892, 25399, 26903, 25760, 26224, 26747, 25439, 25821, 25538, 25643, 25895, 25391, 25418, 25549, 25410, 25927, 28073, 25531, 25480, 25671, 25395, 27855, 25804, 26302, 25678, 25584, 27740, 25785, 25650, 26184, 27341, 25577, 25401, 25287, 25673, 25829, 27003, 25619, 25580, 28188, 25645, 25947, 25733, 25781, 26312, 25741, 25455, 27126, 25310, 25750, 25750, 25480, 25675, 31643, 25688, 26138, 25593, 25324, 25754, 25701, 26751, 25729, 25445, 25662, 25769, 25590, 26273, 25694, 25345, 25506, 25513, 25925, 26071, 25483, 25594, 25445, 27100, 27973, 25452, 26100, 28095, 25120, 25334], "WindowCenter": [10132.0, 10132.0, 10112.0, 10110.0, 10114.0, 10120.0, 10103.0, 10109.0, 10115.0, 10146.0, 10144.0, 10135.0, 10116.0, 10120.0, 10111.0, 10105.0, 10115.0, 10114.0, 10122.0, 10106.0, 10096.0, 10107.0, 10119.0, 10133.0, 10117.0, 10110.0, 10105.0, 10116.0, 10141.0, 10145.0, 10132.0, 10108.0, 10089.0, 10096.0, 10103.0, 10092.0, 10090.0, 10115.0, 10121.0, 10134.0, 10138.0, 10120.0, 10138.0, 10113.0, 10108.0, 10117.0, 10124.0, 10106.0, 10107.0, 10116.0, 10116.0, 10116.0, 10118.0, 10121.0, 10100.0, 10094.0, 10102.0, 10101.0, 10103.0, 10098.0, 10110.0, 10115.0, 10087.0, 10084.0, 10095.0, 10108.0, 10112.0, 10107.0, 10092.0, 10091.0, 10087.0, 10106.0, 10120.0, 10122.0, 10134.0, 10112.0, 10109.0, 10104.0, 10115.0, 10096.0, 10105.0, 10093.0, 10107.0, 10079.0, 10090.0, 10095.0, 10117.0, 10116.0, 10117.0, 10114.0, 10110.0, 10098.0, 10107.0, 10112.0, 10102.0, 10099.0, 10101.0, 10112.0, 10093.0, 10100.0, 10084.0, 10101.0, 10102.0, 10089.0, 10104.0, 10081.0, 10112.0, 10079.0, 10073.0, 10074.0, 10074.0, 10077.0, 10086.0, 10099.0, 10084.0, 10092.0, 10075.0, 10092.0, 10088.0, 10107.0, 10087.0, 10085.0, 10101.0, 10089.0, 10068.0, 10090.0, 10098.0, 10089.0, 10105.0, 10081.0, 10086.0, 10079.0, 10096.0, 10076.0, 10086.0, 10094.0, 10093.0, 10086.0, 10083.0, 10099.0, 10078.0, 10095.0, 10090.0, 10101.0, 10099.0, 10087.0, 10101.0, 10090.0, 10100.0, 10086.0, 10092.0, 10087.0, 10088.0, 10095.0, 10088.0, 10088.0, 10105.0, 10107.0, 10092.0, 10104.0, 10086.0, 10114.0, 10079.0, 10080.0, 10066.0, 10084.0, 10085.0, 10090.0, 10079.0, 10094.0, 10068.0, 10070.0, 10079.0, 10083.0, 10073.0, 10061.0, 10083.0, 10078.0, 10081.0, 10086.0, 10069.0, 10078.0, 10096.0, 10060.0, 10079.0, 10082.0, 10088.0, 10090.0, 10089.0, 10099.0, 10112.0, 10090.0, 10092.0, 10085.0, 10089.0, 10117.0, 10117.0, 10089.0, 10063.0, 10077.0, 10074.0, 10084.0, 10063.0, 10071.0, 10056.0, 10064.0, 10064.0, 10054.0, 10067.0, 10083.0, 10084.0, 10072.0, 10082.0, 10088.0, 10085.0, 10083.0, 10080.0, 10090.0, 10095.0, 10060.0, 10077.0, 10092.0, 10071.0, 10073.0, 10075.0, 10081.0, 10074.0, 10065.0, 10075.0, 10071.0, 10067.0, 10063.0, 10074.0, 10066.0, 10075.0, 10094.0, 10085.0, 10075.0, 10084.0, 10095.0, 10079.0, 10090.0, 10074.0, 10060.0, 10057.0, 10068.0, 10055.0, 10067.0, 10074.0, 10090.0, 10076.0, 10067.0, 10068.0, 10065.0, 10056.0, 10070.0, 10071.0, 10070.0, 10088.0, 10083.0, 10061.0, 10066.0, 10075.0, 10070.0, 10080.0, 10066.0, 10074.0, 10068.0, 10086.0, 10085.0, 10065.0, 10048.0, 10051.0, 10074.0, 10069.0, 10068.0, 10075.0, 10074.0, 10088.0, 10076.0, 10063.0, 10069.0, 10064.0, 10064.0, 10062.0, 10082.0, 10084.0, 10062.0, 10070.0, 10078.0, 10068.0, 10076.0, 10067.0, 10101.0, 10079.0, 10086.0, 10070.0, 10069.0, 10075.0, 10072.0, 10076.0, 10074.0, 10100.0, 10095.0, 10095.0, 10079.0, 10081.0, 10098.0, 10097.0, 10070.0, 10060.0, 10055.0, 10053.0, 10055.0, 10047.0, 10039.0, 10036.0, 10029.0, 10042.0, 10053.0, 10064.0, 10086.0, 10083.0, 10047.0, 10049.0, 10056.0, 10045.0, 10047.0, 10049.0, 10060.0, 10071.0, 10070.0, 10054.0, 10064.0, 10087.0, 10054.0, 10080.0, 10072.0, 10081.0, 10061.0, 10058.0, 10070.0, 10081.0, 10068.0, 10056.0, 10080.0, 10077.0, 10072.0, 10089.0, 10065.0, 10045.0, 10065.0, 10073.0, 10088.0, 10063.0, 10072.0, 10080.0, 10101.0, 10049.0, 10050.0, 10074.0, 10057.0, 10051.0, 10044.0, 10060.0, 10076.0, 10066.0, 10064.0, 10067.0, 10061.0, 10057.0, 10071.0, 10054.0, 10069.0, 10063.0, 10050.0, 10047.0, 10056.0, 10061.0, 10035.0, 10050.0, 10037.0, 10041.0, 10060.0, 10087.0, 10053.0, 10052.0, 10046.0, 10083.0, 10051.0, 10054.0, 10047.0, 10073.0, 10069.0, 10049.0, 10063.0, 10064.0, 10062.0, 10071.0, 10062.0, 10048.0, 10060.0, 10061.0, 10045.0, 10055.0, 10069.0, 10055.0, 10050.0, 10072.0, 10055.0, 10049.0, 10044.0, 10073.0, 10057.0, 10054.0, 10037.0, 10055.0, 10052.0, 10039.0, 10041.0, 10044.0, 10037.0, 10044.0, 10035.0, 10033.0, 10045.0, 10034.0, 10058.0, 10037.0, 10076.0, 10025.0, 10046.0, 10041.0, 10050.0, 10046.0, 10068.0, 10021.0, 10038.0, 10030.0, 10040.0, 10055.0, 10054.0, 10036.0, 10026.0, 10043.0, 10049.0, 10040.0, 10039.0, 10045.0, 10059.0, 10034.0, 10046.0, 10042.0, 10049.0, 10039.0, 10055.0, 10064.0, 10059.0, 10055.0, 10052.0, 10041.0, 10060.0, 10038.0, 10047.0, 10043.0, 10056.0, 10045.0, 10047.0, 10061.0, 10040.0, 10042.0, 10051.0, 10046.0, 10054.0, 10070.0, 10026.0, 10028.0, 10050.0, 10066.0, 10065.0, 10062.0, 10054.0, 10067.0, 10050.0, 10048.0, 10051.0, 10056.0, 10067.0, 10094.0, 10040.0, 10052.0, 10044.0, 10064.0, 10067.0, 10051.0, 10049.0, 10038.0, 10040.0, 10049.0, 10032.0, 10042.0, 10055.0, 10041.0, 10049.0, 10046.0, 10036.0, 10047.0, 10058.0, 10055.0, 10059.0, 10051.0, 10049.0, 10045.0, 10050.0, 10048.0, 10050.0, 10030.0, 10048.0], "WindowWidth": [21511.0, 21507.0, 21463.0, 21454.0, 21460.0, 21470.0, 21435.0, 21447.0, 21470.0, 21531.0, 21525.0, 21506.0, 21463.0, 21471.0, 21453.0, 21448.0, 21466.0, 21459.0, 21474.0, 21445.0, 21423.0, 21447.0, 21471.0, 21496.0, 21464.0, 21454.0, 21442.0, 21463.0, 21520.0, 21532.0, 21503.0, 21448.0, 21405.0, 21416.0, 21428.0, 21405.0, 21406.0, 21467.0, 21486.0, 21509.0, 21512.0, 21472.0, 21502.0, 21456.0, 21450.0, 21471.0, 21477.0, 21440.0, 21441.0, 21455.0, 21455.0, 21459.0, 21459.0, 21466.0, 21426.0, 21414.0, 21427.0, 21433.0, 21433.0, 21426.0, 21443.0, 21453.0, 21397.0, 21392.0, 21417.0, 21448.0, 21450.0, 21441.0, 21413.0, 21410.0, 21405.0, 21435.0, 21462.0, 21474.0, 21498.0, 21451.0, 21444.0, 21436.0, 21458.0, 21424.0, 21433.0, 21409.0, 21438.0, 21381.0, 21403.0, 21424.0, 21465.0, 21464.0, 21461.0, 21454.0, 21446.0, 21423.0, 21439.0, 21451.0, 21430.0, 21423.0, 21428.0, 21450.0, 21413.0, 21427.0, 21396.0, 21424.0, 21430.0, 21402.0, 21424.0, 21388.0, 21447.0, 21382.0, 21369.0, 21365.0, 21363.0, 21371.0, 21389.0, 21423.0, 21392.0, 21407.0, 21378.0, 21408.0, 21400.0, 21438.0, 21400.0, 21395.0, 21427.0, 21398.0, 21359.0, 21400.0, 21421.0, 21403.0, 21429.0, 21382.0, 21389.0, 21375.0, 21412.0, 21377.0, 21398.0, 21414.0, 21409.0, 21393.0, 21390.0, 21425.0, 21380.0, 21409.0, 21404.0, 21421.0, 21415.0, 21399.0, 21425.0, 21405.0, 21419.0, 21394.0, 21406.0, 21396.0, 21397.0, 21416.0, 21402.0, 21403.0, 21437.0, 21439.0, 21410.0, 21434.0, 21398.0, 21446.0, 21384.0, 21379.0, 21354.0, 21385.0, 21388.0, 21401.0, 21382.0, 21404.0, 21353.0, 21357.0, 21376.0, 21385.0, 21361.0, 21338.0, 21380.0, 21375.0, 21383.0, 21392.0, 21354.0, 21371.0, 21410.0, 21338.0, 21372.0, 21382.0, 21403.0, 21414.0, 21404.0, 21421.0, 21449.0, 21399.0, 21404.0, 21396.0, 21408.0, 21460.0, 21457.0, 21397.0, 21349.0, 21372.0, 21367.0, 21388.0, 21344.0, 21354.0, 21328.0, 21341.0, 21341.0, 21323.0, 21350.0, 21384.0, 21391.0, 21365.0, 21384.0, 21395.0, 21388.0, 21383.0, 21378.0, 21402.0, 21410.0, 21340.0, 21372.0, 21398.0, 21355.0, 21360.0, 21366.0, 21379.0, 21364.0, 21350.0, 21361.0, 21359.0, 21353.0, 21343.0, 21362.0, 21354.0, 21376.0, 21410.0, 21391.0, 21371.0, 21384.0, 21407.0, 21379.0, 21399.0, 21369.0, 21334.0, 21325.0, 21347.0, 21321.0, 21345.0, 21362.0, 21401.0, 21370.0, 21351.0, 21349.0, 21339.0, 21325.0, 21360.0, 21361.0, 21360.0, 21391.0, 21384.0, 21338.0, 21342.0, 21366.0, 21359.0, 21375.0, 21357.0, 21368.0, 21354.0, 21389.0, 21387.0, 21348.0, 21314.0, 21320.0, 21362.0, 21354.0, 21352.0, 21369.0, 21365.0, 21390.0, 21369.0, 21341.0, 21349.0, 21346.0, 21346.0, 21343.0, 21382.0, 21384.0, 21343.0, 21360.0, 21370.0, 21356.0, 21373.0, 21352.0, 21413.0, 21373.0, 21388.0, 21356.0, 21352.0, 21369.0, 21363.0, 21373.0, 21369.0, 21422.0, 21415.0, 21411.0, 21378.0, 21381.0, 21415.0, 21411.0, 21353.0, 21329.0, 21320.0, 21317.0, 21322.0, 21304.0, 21285.0, 21278.0, 21265.0, 21293.0, 21317.0, 21345.0, 21389.0, 21379.0, 21302.0, 21306.0, 21317.0, 21294.0, 21295.0, 21305.0, 21330.0, 21357.0, 21349.0, 21321.0, 21340.0, 21380.0, 21322.0, 21370.0, 21357.0, 21376.0, 21336.0, 21330.0, 21353.0, 21370.0, 21346.0, 21325.0, 21376.0, 21369.0, 21359.0, 21391.0, 21338.0, 21305.0, 21343.0, 21362.0, 21393.0, 21345.0, 21361.0, 21379.0, 21411.0, 21311.0, 21309.0, 21356.0, 21324.0, 21312.0, 21297.0, 21333.0, 21366.0, 21349.0, 21345.0, 21350.0, 21336.0, 21327.0, 21355.0, 21318.0, 21343.0, 21334.0, 21310.0, 21304.0, 21318.0, 21326.0, 21273.0, 21305.0, 21284.0, 21297.0, 21333.0, 21384.0, 21315.0, 21314.0, 21307.0, 21383.0, 21316.0, 21318.0, 21310.0, 21356.0, 21346.0, 21312.0, 21341.0, 21338.0, 21335.0, 21355.0, 21335.0, 21307.0, 21329.0, 21337.0, 21300.0, 21320.0, 21348.0, 21319.0, 21312.0, 21356.0, 21330.0, 21314.0, 21302.0, 21357.0, 21319.0, 21315.0, 21283.0, 21318.0, 21314.0, 21290.0, 21294.0, 21296.0, 21280.0, 21297.0, 21285.0, 21280.0, 21309.0, 21286.0, 21331.0, 21292.0, 21363.0, 21265.0, 21304.0, 21295.0, 21308.0, 21298.0, 21340.0, 21248.0, 21282.0, 21272.0, 21290.0, 21321.0, 21319.0, 21283.0, 21264.0, 21296.0, 21312.0, 21291.0, 21291.0, 21303.0, 21327.0, 21284.0, 21307.0, 21295.0, 21309.0, 21296.0, 21321.0, 21337.0, 21330.0, 21321.0, 21314.0, 21293.0, 21327.0, 21284.0, 21300.0, 21296.0, 21324.0, 21297.0, 21302.0, 21329.0, 21290.0, 21294.0, 21316.0, 21306.0, 21322.0, 21348.0, 21265.0, 21270.0, 21313.0, 21346.0, 21349.0, 21337.0, 21318.0, 21341.0, 21310.0, 21307.0, 21316.0, 21324.0, 21349.0, 21400.0, 21294.0, 21317.0, 21301.0, 21340.0, 21347.0, 21315.0, 21310.0, 21287.0, 21292.0, 21311.0, 21277.0, 21293.0, 21323.0, 21293.0, 21306.0, 21301.0, 21280.0, 21302.0, 21327.0, 21321.0, 21327.0, 21307.0, 21301.0, 21296.0, 21302.0, 21307.0, 21309.0, 21267.0, 21298.0]}, "slices": {}}}