{"AcquisitionMatrixPE": 96, "AcquisitionNumber": 1, "AcquisitionTime": "07:48:46.390000", "BandwidthPerPixelPhaseEncode": 33.602, "BaseResolution": 96, "BodyPartExamined": "BRAIN", "ConsistencyInfo": "N4_VD13A_LATEST_20120616", "ConversionSoftware": "dcm2niix", "ConversionSoftwareVersion": "v1.0.20210317", "DerivedVendorReportedEchoSpacing": 0.000620003, "DeviceSerialNumber": "45239", "DwellTime": 2.6e-06, "EchoTime": 0.03, "EchoTrainLength": 47, "EffectiveEchoSpacing": 0.000310001, "FlipAngle": 63, "ImageComments": "Unaliased MB4/PE3", "ImageOrientationPatientDICOM": [0.999892, -0.0126744, 0.00746583, 0.0147099, 0.861536, -0.507483], "ImageType": ["ORIGINAL", "PRIMARY", "M", "ND", "NORM", "MOSAIC"], "ImagingFrequency": 123.193, "InPlanePhaseEncodingDirectionDICOM": "COL", "InstitutionAddress": "E 24th St. 100,Austin,Southmiddle,US,78712", "InstitutionName": "Univ of Texas at Austin", "InstitutionalDepartmentName": "IRC", "MRAcquisitionType": "2D", "MagneticFieldStrength": 3, "Manufacturer": "Siemens", "ManufacturersModelName": "Skyra", "Modality": "MR", "MultibandAccelerationFactor": 4, "ParallelReductionFactorInPlane": 2, "PartialFourier": 1, "PatientPosition": "HFS", "PercentPhaseFOV": 100, "PercentSampling": 100, "PhaseEncodingDirection": "j-", "PhaseEncodingSteps": 95, "PhaseResolution": 1, "PixelBandwidth": 2005, "ProcedureStepDescription": "Poldrack2^self-scanning", "ProtocolName": "faces_localizer-run1", "PulseSequenceDetails": "%CustomerSeq%\\cmrr_mbep2d_bold", "ReceiveCoilActiveElements": "HEA;HEP", "ReceiveCoilName": "Head_32", "ReconMatrixPE": 96, "RefLinesPE": 48, "RepetitionTime": 1.16, "SAR": 0.119244, "ScanOptions": "FS", "ScanningSequence": "EP", "SequenceName": "epfid2d1_96", "SequenceVariant": "SK", "SeriesDescription": "faces_localizer-run1", "SeriesNumber": 8, "ShimSetting": [-2784, 8029, -15472, -202, -404, 237, 276, -1], "SliceThickness": 2, "SliceTiming": [0, 0.4975, 0.9975, 0.355, 0.855, 0.2125, 0.7125, 0.07, 0.57, 1.0675, 0.4275, 0.925, 0.285, 0.7825, 0.1425, 0.64, 0, 0.4975, 0.9975, 0.355, 0.855, 0.2125, 0.7125, 0.07, 0.57, 1.0675, 0.4275, 0.925, 0.285, 0.7825, 0.1425, 0.64, 0, 0.4975, 0.9975, 0.355, 0.855, 0.2125, 0.7125, 0.07, 0.57, 1.0675, 0.4275, 0.925, 0.285, 0.7825, 0.1425, 0.64, 0, 0.4975, 0.9975, 0.355, 0.855, 0.2125, 0.7125, 0.07, 0.57, 1.0675, 0.4275, 0.925, 0.285, 0.7825, 0.1425, 0.64], "SoftwareVersions": "syngo MR D13", "SpacingBetweenSlices": 2.4, "StationName": "AWP45239", "TaskName": "Object recognition task", "TotalReadoutTime": 0.0294501, "TxRefAmp": 339.699, "WipMemBlock": "e3cb57b3-afc1-4a1e-abbf-63a05abb6e03||Sequence: vd13a/R010 r/fd129fc; Dec 13 2013 16:14:27 by eja", "dcmmeta_affine": [[-2.3955740928649902, 0.03524239733815193, 2.6693882659856172e-08, 114.09469604492188], [0.03036586195230484, 2.064096450805664, -1.2180920839309692, -81.33814239501953], [0.017886890098452568, 1.2158457040786743, 2.0679099559783936, -78.19255828857422], [0.0, 0.0, 0.0, 1.0]], "dcmmeta_reorient_transform": [[0.0, -1.0, 0.0, 95.0], [1.0, 0.0, 0.0, 0.0], [0.0, 0.0, 1.0, 0.0], [0.0, 0.0, 0.0, 1.0]], "dcmmeta_shape": [96, 96, 64, 270], "dcmmeta_slice_dim": 2, "dcmmeta_version": 0.6, "global": {"const": {"AcquisitionMatrix": [96, 0, 0, 96], "AngioFlag": "N", "BitsAllocated": 16, "BitsStored": 16, "BodyPartExamined": "BRAIN", "Columns": 768, "DeidentificationMethodCodeSequence": [{"CodeMeaning": "XNAT Edit Script", "CodeValue": "93", "CodingSchemeDesignator": "XNAT", "CodingSchemeVersion": "0.1"}], "EchoNumbers": 1, "EchoTime": 30.0, "EchoTrainLength": 47, "FlipAngle": 63.0, "HighBit": 15, "ImageOrientationPatient": [0.99989180400902, -0.0126744472555, 0.00746583299779, 0.01470987000561, 0.86153593276621, -0.5074834541905], "ImagePositionPatient": [-934.19704772929, -798.08449114312, 439.82695864332], "ImageType": ["ORIGINAL", "PRIMARY", "M", "ND", "NORM", "MOSAIC"], "ImagedNucleus": "1H", "ImagingFrequency": 123.192933, "InPlanePhaseEncodingDirection": "COL", "MRAcquisitionType": "2D", "MagneticFieldStrength": 3.0, "Manufacturer": "SIEMENS", "ManufacturerModelName": "Skyra", "Modality": "MR", "NumberOfAverages": 1.0, "NumberOfPhaseEncodingSteps": 95, "PercentPhaseFieldOfView": 100.0, "PercentSampling": 100.0, "PerformedProcedureStepStartTime": "072001.034000", "PhotometricInterpretation": "MONOCHROME2", "PixelBandwidth": 2005.0, "PixelRepresentation": 0, "PixelSpacing": [2.3958332538605, 2.3958332538605], "ProtocolName": "faces_localizer-run1", "RepetitionTime": 1160.0, "Rows": 768, "SAR": 0.11924441290815, "SamplesPerPixel": 1, "ScanOptions": "FS", "ScanningSequence": "EP", "SequenceName": "epfid2d1_96", "SequenceVariant": "SK", "SeriesDescription": "faces_localizer-run1", "SeriesNumber": 8, "SeriesTime": "074922.472000", "SliceLocation": -26.090757905619, "SliceThickness": 2.0, "SmallestImagePixelValue": 0, "SoftwareVersions": "syngo MR D13", "SpacingBetweenSlices": 2.3999999507427, "SpecificCharacterSet": "ISO_IR 100", "StudyID": "1", "StudyTime": "072000.938000", "TransmitCoilName": "Body", "VariableFlipAngleFlag": "N", "WindowCenterWidthExplanation": "Algo1", "dBdt": 0.0}, "slices": {}}, "time": {"samples": {"AcquisitionNumber": [1, 2, 3, 4, 5, 6, 7, 8, 9, 10, 11, 12, 13, 14, 15, 16, 17, 18, 19, 20, 21, 22, 23, 24, 25, 26, 27, 28, 29, 30, 31, 32, 33, 34, 35, 36, 37, 38, 39, 40, 41, 42, 43, 44, 45, 46, 47, 48, 49, 50, 51, 52, 53, 54, 55, 56, 57, 58, 59, 60, 61, 62, 63, 64, 65, 66, 67, 68, 69, 70, 71, 72, 73, 74, 75, 76, 77, 78, 79, 80, 81, 82, 83, 84, 85, 86, 87, 88, 89, 90, 91, 92, 93, 94, 95, 96, 97, 98, 99, 100, 101, 102, 103, 104, 105, 106, 107, 108, 109, 110, 111, 112, 113, 114, 115, 116, 117, 118, 119, 120, 121, 122, 123, 124, 125, 126, 127, 128, 129, 130, 131, 132, 133, 134, 135, 136, 137, 138, 139, 140, 141, 142, 143, 144, 145, 146, 147, 148, 149, 150, 151, 152, 153, 154, 155, 156, 157, 158, 159, 160, 161, 162, 163, 164, 165, 166, 167, 168, 169, 170, 171, 172, 173, 174, 175, 176, 177, 178, 179, 180, 181, 182, 183, 184, 185, 186, 187, 188, 189, 190, 191, 192, 193, 194, 195, 196, 197, 198, 199, 200, 201, 202, 203, 204, 205, 206, 207, 208, 209, 210, 211, 212, 213, 214, 215, 216, 217, 218, 219, 220, 221, 222, 223, 224, 225, 226, 227, 228, 229, 230, 231, 232, 233, 234, 235, 236, 237, 238, 239, 240, 241, 242, 243, 244, 245, 246, 247, 248, 249, 250, 251, 252, 253, 254, 255, 256, 257, 258, 259, 260, 261, 262, 263, 264, 265, 266, 267, 268, 269, 270], "AcquisitionTime": ["074846.390000", "074853.330000", "074854.490000", "074855.650000", "074856.810000", "074857.970000", "074859.130000", "074900.290000", "074901.450000", "074902.610000", "074903.770000", "074904.930000", "074906.090000", "074907.250000", "074908.410000", "074909.570000", "074910.730000", "074911.890000", "074913.050000", "074914.210000", "074915.370000", "074916.530000", "074917.690000", "074918.850000", "074920.010000", "074921.170000", "074922.330000", "074923.490000", "074924.650000", "074925.810000", "074926.970000", "074928.130000", "074929.290000", "074930.450000", "074931.610000", "074932.770000", "074933.930000", "074935.090000", "074936.250000", "074937.410000", "074938.570000", "074939.730000", "074940.890000", "074942.050000", "074943.210000", "074944.370000", "074945.530000", "074946.690000", "074947.850000", "074949.010000", "074950.170000", "074951.330000", "074952.490000", "074953.650000", "074954.810000", "074955.970000", "074957.130000", "074958.290000", "074959.450000", "075000.610000", "075001.770000", "075002.930000", "075004.090000", "075005.250000", "075006.410000", "075007.570000", "075008.730000", "075009.890000", "075011.050000", "075012.210000", "075013.370000", "075014.530000", "075015.690000", "075016.850000", "075018.010000", "075019.170000", "075020.330000", "075021.490000", "075022.650000", "075023.810000", "075024.970000", "075026.130000", "075027.290000", "075028.450000", "075029.610000", "075030.770000", "075031.930000", "075033.090000", "075034.250000", "075035.410000", "075036.570000", "075037.730000", "075038.890000", "075040.050000", "075041.210000", "075042.370000", "075043.530000", "075044.690000", "075045.850000", "075047.010000", "075048.170000", "075049.330000", "075050.490000", "075051.650000", "075052.810000", "075053.970000", "075055.130000", "075056.290000", "075057.450000", "075058.610000", "075059.770000", "075100.930000", "075102.090000", "075103.250000", "075104.410000", "075105.570000", "075106.730000", "075107.890000", "075109.050000", "075110.210000", "075111.370000", "075112.530000", "075113.690000", "075114.850000", "075116.010000", "075117.170000", "075118.330000", "075119.490000", "075120.652500", "075121.812500", "075122.972500", "075124.132500", "075125.292500", "075126.452500", "075127.612500", "075128.772500", "075129.932500", "075131.092500", "075132.252500", "075133.412500", "075134.572500", "075135.732500", "075136.892500", "075138.052500", "075139.212500", "075140.372500", "075141.532500", "075142.692500", "075143.852500", "075145.012500", "075146.172500", "075147.332500", "075148.492500", "075149.652500", "075150.812500", "075151.972500", "075153.132500", "075154.292500", "075155.452500", "075156.612500", "075157.772500", "075158.932500", "075200.092500", "075201.252500", "075202.412500", "075203.572500", "075204.732500", "075205.892500", "075207.052500", "075208.212500", "075209.372500", "075210.532500", "075211.692500", "075212.852500", "075214.012500", "075215.172500", "075216.332500", "075217.492500", "075218.652500", "075219.812500", "075220.972500", "075222.132500", "075223.292500", "075224.452500", "075225.612500", "075226.772500", "075227.932500", "075229.092500", "075230.252500", "075231.412500", "075232.572500", "075233.732500", "075234.892500", "075236.052500", "075237.212500", "075238.372500", "075239.532500", "075240.692500", "075241.852500", "075243.012500", "075244.172500", "075245.332500", "075246.492500", "075247.652500", "075248.812500", "075249.972500", "075251.132500", "075252.292500", "075253.452500", "075254.612500", "075255.772500", "075256.932500", "075258.092500", "075259.252500", "075300.412500", "075301.572500", "075302.732500", "075303.892500", "075305.052500", "075306.212500", "075307.372500", "075308.532500", "075309.692500", "075310.852500", "075312.012500", "075313.172500", "075314.332500", "075315.492500", "075316.652500", "075317.812500", "075318.972500", "075320.132500", "075321.292500", "075322.452500", "075323.612500", "075324.772500", "075325.932500", "075327.092500", "075328.252500", "075329.412500", "075330.572500", "075331.732500", "075332.892500", "075334.052500", "075335.212500", "075336.372500", "075337.532500", "075338.692500", "075339.852500", "075341.012500", "075342.172500", "075343.332500", "075344.492500", "075345.652500", "075346.812500", "075347.972500", "075349.132500", "075350.292500", "075351.452500", "075352.612500", "075353.772500", "075354.932500", "075356.092500", "075357.252500", "075358.412500", "075359.572500", "075400.732500", "075401.892500", "075403.052500", "075404.212500"], "ContentTime": ["074922.476000", "074922.481000", "074922.484000", "074922.488000", "074922.492000", "074922.496000", "074922.499000", "074922.503000", "074922.507000", "074922.511000", "074922.515000", "074922.519000", "074922.536000", "074922.540000", "074922.543000", "074922.547000", "074922.551000", "074922.555000", "074922.559000", "074922.562000", "074942.430000", "074942.435000", "074942.439000", "074942.443000", "074942.447000", "074942.451000", "074942.455000", "074942.461000", "074942.465000", "074942.469000", "074942.473000", "074942.478000", "074942.482000", "074942.486000", "074942.490000", "074942.495000", "074942.499000", "074942.503000", "074942.508000", "074942.512000", "075022.429000", "075022.434000", "075022.437000", "075022.441000", "075022.445000", "075022.449000", "075022.453000", "075022.457000", "075022.461000", "075022.465000", "075022.469000", "075022.473000", "075022.477000", "075022.481000", "075022.485000", "075022.488000", "075022.492000", "075022.496000", "075022.500000", "075022.504000", "075022.508000", "075022.512000", "075022.516000", "075022.519000", "075022.523000", "075022.527000", "075022.531000", "075022.535000", "075022.539000", "075022.543000", "075022.546000", "075022.550000", "075022.554000", "075022.559000", "075022.562000", "075022.566000", "075022.570000", "075102.429000", "075102.434000", "075102.437000", "075102.441000", "075102.445000", "075102.449000", "075102.453000", "075102.457000", "075102.461000", "075102.465000", "075102.469000", "075102.473000", "075102.477000", "075102.481000", "075102.485000", "075102.489000", "075102.493000", "075102.497000", "075102.500000", "075102.505000", "075102.509000", "075102.513000", "075102.517000", "075102.521000", "075102.525000", "075102.529000", "075102.533000", "075102.537000", "075102.541000", "075102.545000", "075102.548000", "075102.552000", "075102.556000", "075102.560000", "075122.429000", "075122.433000", "075122.436000", "075122.440000", "075122.444000", "075122.448000", "075122.452000", "075122.455000", "075122.459000", "075122.463000", "075122.467000", "075122.471000", "075122.475000", "075122.478000", "075122.482000", "075122.486000", "075122.490000", "075202.431000", "075202.436000", "075202.440000", "075202.444000", "075202.448000", "075202.452000", "075202.456000", "075202.460000", "075202.464000", "075202.468000", "075202.472000", "075202.476000", "075202.480000", "075202.484000", "075202.488000", "075202.492000", "075202.496000", "075202.500000", "075202.504000", "075202.508000", "075202.512000", "075202.516000", "075202.520000", "075202.524000", "075202.528000", "075202.532000", "075202.535000", "075202.540000", "075202.544000", "075202.548000", "075202.552000", "075202.556000", "075202.560000", "075202.564000", "075202.568000", "075242.430000", "075242.434000", "075242.438000", "075242.441000", "075242.445000", "075242.449000", "075242.453000", "075242.457000", "075242.461000", "075242.464000", "075242.469000", "075242.473000", "075242.477000", "075242.481000", "075242.485000", "075242.489000", "075242.493000", "075242.496000", "075242.500000", "075242.504000", "075242.508000", "075242.511000", "075242.515000", "075242.519000", "075242.523000", "075242.527000", "075242.531000", "075242.535000", "075242.539000", "075242.543000", "075242.546000", "075242.552000", "075242.557000", "075242.561000", "075322.430000", "075322.434000", "075322.438000", "075322.442000", "075322.446000", "075322.450000", "075322.454000", "075322.458000", "075322.462000", "075322.466000", "075322.470000", "075322.473000", "075322.478000", "075322.482000", "075322.486000", "075322.490000", "075322.494000", "075322.498000", "075322.502000", "075322.506000", "075322.510000", "075322.514000", "075322.518000", "075322.522000", "075322.526000", "075322.530000", "075322.534000", "075322.538000", "075322.542000", "075322.546000", "075322.550000", "075322.554000", "075322.558000", "075322.562000", "075322.566000", "075402.429000", "075402.433000", "075402.437000", "075402.441000", "075402.445000", "075402.449000", "075402.453000", "075402.457000", "075402.461000", "075402.464000", "075402.468000", "075402.472000", "075402.477000", "075402.481000", "075402.485000", "075402.489000", "075402.493000", "075402.497000", "075402.500000", "075402.504000", "075402.508000", "075402.512000", "075402.516000", "075402.520000", "075402.524000", "075402.528000", "075402.532000", "075402.536000", "075402.540000", "075402.545000", "075402.549000", "075402.553000", "075402.557000", "075402.561000", "075406.068000", "075406.073000", "075406.078000", "075406.082000"], "InstanceCreationTime": ["074922.476000", "074922.481000", "074922.484000", "074922.488000", "074922.492000", "074922.496000", "074922.499000", "074922.503000", "074922.507000", "074922.511000", "074922.515000", "074922.519000", "074922.536000", "074922.540000", "074922.543000", "074922.547000", "074922.551000", "074922.555000", "074922.559000", "074922.562000", "074942.430000", "074942.435000", "074942.439000", "074942.443000", "074942.447000", "074942.451000", "074942.455000", "074942.461000", "074942.465000", "074942.469000", "074942.473000", "074942.478000", "074942.482000", "074942.486000", "074942.490000", "074942.495000", "074942.499000", "074942.503000", "074942.508000", "074942.512000", "075022.429000", "075022.434000", "075022.437000", "075022.441000", "075022.445000", "075022.449000", "075022.453000", "075022.457000", "075022.461000", "075022.465000", "075022.469000", "075022.473000", "075022.477000", "075022.481000", "075022.485000", "075022.488000", "075022.492000", "075022.496000", "075022.500000", "075022.504000", "075022.508000", "075022.512000", "075022.516000", "075022.519000", "075022.523000", "075022.527000", "075022.531000", "075022.535000", "075022.539000", "075022.543000", "075022.546000", "075022.550000", "075022.554000", "075022.559000", "075022.562000", "075022.566000", "075022.570000", "075102.429000", "075102.434000", "075102.437000", "075102.441000", "075102.445000", "075102.449000", "075102.453000", "075102.457000", "075102.461000", "075102.465000", "075102.469000", "075102.473000", "075102.477000", "075102.481000", "075102.485000", "075102.489000", "075102.493000", "075102.497000", "075102.500000", "075102.505000", "075102.509000", "075102.513000", "075102.517000", "075102.521000", "075102.525000", "075102.529000", "075102.533000", "075102.537000", "075102.541000", "075102.545000", "075102.548000", "075102.552000", "075102.556000", "075102.560000", "075122.429000", "075122.433000", "075122.436000", "075122.440000", "075122.444000", "075122.448000", "075122.452000", "075122.455000", "075122.459000", "075122.463000", "075122.467000", "075122.471000", "075122.475000", "075122.478000", "075122.482000", "075122.486000", "075122.490000", "075202.431000", "075202.436000", "075202.440000", "075202.444000", "075202.448000", "075202.452000", "075202.456000", "075202.460000", "075202.464000", "075202.468000", "075202.472000", "075202.476000", "075202.480000", "075202.484000", "075202.488000", "075202.492000", "075202.496000", "075202.500000", "075202.504000", "075202.508000", "075202.512000", "075202.516000", "075202.520000", "075202.524000", "075202.528000", "075202.532000", "075202.535000", "075202.540000", "075202.544000", "075202.548000", "075202.552000", "075202.556000", "075202.560000", "075202.564000", "075202.568000", "075242.430000", "075242.434000", "075242.438000", "075242.441000", "075242.445000", "075242.449000", "075242.453000", "075242.457000", "075242.461000", "075242.464000", "075242.469000", "075242.473000", "075242.477000", "075242.481000", "075242.485000", "075242.489000", "075242.493000", "075242.496000", "075242.500000", "075242.504000", "075242.508000", "075242.511000", "075242.515000", "075242.519000", "075242.523000", "075242.527000", "075242.531000", "075242.535000", "075242.539000", "075242.543000", "075242.546000", "075242.552000", "075242.557000", "075242.561000", "075322.430000", "075322.434000", "075322.438000", "075322.442000", "075322.446000", "075322.450000", "075322.454000", "075322.458000", "075322.462000", "075322.466000", "075322.470000", "075322.473000", "075322.478000", "075322.482000", "075322.486000", "075322.490000", "075322.494000", "075322.498000", "075322.502000", "075322.506000", "075322.510000", "075322.514000", "075322.518000", "075322.522000", "075322.526000", "075322.530000", "075322.534000", "075322.538000", "075322.542000", "075322.546000", "075322.550000", "075322.554000", "075322.558000", "075322.562000", "075322.566000", "075402.429000", "075402.433000", "075402.437000", "075402.441000", "075402.445000", "075402.449000", "075402.453000", "075402.457000", "075402.461000", "075402.464000", "075402.468000", "075402.472000", "075402.477000", "075402.481000", "075402.485000", "075402.489000", "075402.493000", "075402.497000", "075402.500000", "075402.504000", "075402.508000", "075402.512000", "075402.516000", "075402.520000", "075402.524000", "075402.528000", "075402.532000", "075402.536000", "075402.540000", "075402.545000", "075402.549000", "075402.553000", "075402.557000", "075402.561000", "075406.068000", "075406.073000", "075406.078000", "075406.082000"], "InstanceNumber": [1, 2, 3, 4, 5, 6, 7, 8, 9, 10, 11, 12, 13, 14, 15, 16, 17, 18, 19, 20, 21, 22, 23, 24, 25, 26, 27, 28, 29, 30, 31, 32, 33, 34, 35, 36, 37, 38, 39, 40, 41, 42, 43, 44, 45, 46, 47, 48, 49, 50, 51, 52, 53, 54, 55, 56, 57, 58, 59, 60, 61, 62, 63, 64, 65, 66, 67, 68, 69, 70, 71, 72, 73, 74, 75, 76, 77, 78, 79, 80, 81, 82, 83, 84, 85, 86, 87, 88, 89, 90, 91, 92, 93, 94, 95, 96, 97, 98, 99, 100, 101, 102, 103, 104, 105, 106, 107, 108, 109, 110, 111, 112, 113, 114, 115, 116, 117, 118, 119, 120, 121, 122, 123, 124, 125, 126, 127, 128, 129, 130, 131, 132, 133, 134, 135, 136, 137, 138, 139, 140, 141, 142, 143, 144, 145, 146, 147, 148, 149, 150, 151, 152, 153, 154, 155, 156, 157, 158, 159, 160, 161, 162, 163, 164, 165, 166, 167, 168, 169, 170, 171, 172, 173, 174, 175, 176, 177, 178, 179, 180, 181, 182, 183, 184, 185, 186, 187, 188, 189, 190, 191, 192, 193, 194, 195, 196, 197, 198, 199, 200, 201, 202, 203, 204, 205, 206, 207, 208, 209, 210, 211, 212, 213, 214, 215, 216, 217, 218, 219, 220, 221, 222, 223, 224, 225, 226, 227, 228, 229, 230, 231, 232, 233, 234, 235, 236, 237, 238, 239, 240, 241, 242, 243, 244, 245, 246, 247, 248, 249, 250, 251, 252, 253, 254, 255, 256, 257, 258, 259, 260, 261, 262, 263, 264, 265, 266, 267, 268, 269, 270], "LargestImagePixelValue": [46242, 40891, 36469, 41388, 42872, 48009, 39280, 42307, 38855, 32722, 42545, 39277, 44837, 43932, 39825, 41509, 36598, 47215, 39626, 32071, 40441, 36421, 38126, 38338, 30231, 33635, 42054, 51545, 34843, 40928, 41281, 36346, 33983, 31825, 41039, 34256, 41184, 32881, 44678, 33846, 46214, 34206, 51740, 40051, 30344, 46165, 34236, 41257, 38114, 49000, 34186, 46157, 37523, 46519, 35870, 39110, 40697, 37169, 51477, 32390, 42044, 48416, 30291, 46113, 33004, 47906, 38768, 45194, 37297, 41140, 49430, 30505, 41336, 33600, 40519, 42562, 31558, 46027, 33247, 48386, 33095, 44910, 47010, 41075, 45480, 41682, 32759, 42914, 48700, 32616, 44999, 32967, 49127, 39101, 31853, 41038, 45323, 38916, 32339, 41677, 40834, 31199, 43970, 30688, 47845, 40798, 40095, 45300, 41290, 51100, 37586, 49229, 41109, 43629, 41443, 31928, 47738, 30698, 37139, 43353, 32381, 47417, 35329, 42047, 36240, 50115, 38087, 37504, 38809, 39405, 38875, 33715, 48834, 30950, 48233, 35379, 43308, 29954, 30878, 33784, 39930, 40570, 32270, 40477, 46771, 36833, 34137, 43798, 36020, 41248, 45894, 40210, 39415, 46921, 40692, 30515, 40161, 40883, 45401, 31725, 46230, 40566, 48189, 38012, 43454, 43214, 40442, 45815, 38915, 51336, 33744, 41903, 36134, 38268, 40311, 30213, 46343, 35273, 41015, 48214, 36104, 33164, 43129, 47226, 34551, 41238, 33246, 41581, 32710, 35507, 37073, 46895, 40330, 40604, 32792, 44404, 40319, 30684, 43739, 43495, 34503, 51416, 37424, 40992, 37493, 48918, 35840, 43259, 43229, 32727, 33149, 39931, 34201, 41800, 39435, 37005, 48780, 40096, 35042, 43735, 36804, 34311, 49694, 41378, 34556, 41349, 46752, 38369, 31518, 43264, 31495, 32219, 43067, 39671, 32172, 50157, 34585, 48895, 44412, 30141, 31820, 49152, 40813, 34235, 43122, 40365, 39807, 40472, 38841, 47992, 38488, 47665, 41666, 44322, 44736, 39236, 33660, 41676, 33855, 43046, 37621, 31819, 41100, 39341, 36737, 42345, 37611, 34300, 42012, 33901], "WindowCenter": [11337.0, 11312.0, 11291.0, 11293.0, 11292.0, 11293.0, 11268.0, 11281.0, 11273.0, 11254.0, 11288.0, 11285.0, 11291.0, 11284.0, 11275.0, 11276.0, 11262.0, 11290.0, 11276.0, 11256.0, 11277.0, 11261.0, 11274.0, 11293.0, 11269.0, 11284.0, 11299.0, 11307.0, 11256.0, 11266.0, 11272.0, 11261.0, 11261.0, 11259.0, 11287.0, 11268.0, 11293.0, 11275.0, 11306.0, 11277.0, 11305.0, 11272.0, 11313.0, 11291.0, 11258.0, 11302.0, 11271.0, 11283.0, 11274.0, 11302.0, 11264.0, 11291.0, 11272.0, 11281.0, 11253.0, 11273.0, 11283.0, 11282.0, 11308.0, 11258.0, 11284.0, 11291.0, 11244.0, 11291.0, 11261.0, 11300.0, 11278.0, 11294.0, 11268.0, 11279.0, 11291.0, 11251.0, 11284.0, 11272.0, 11286.0, 11285.0, 11256.0, 11298.0, 11268.0, 11300.0, 11264.0, 11290.0, 11293.0, 11287.0, 11291.0, 11291.0, 11267.0, 11298.0, 11297.0, 11252.0, 11278.0, 11255.0, 11299.0, 11278.0, 11258.0, 11285.0, 11287.0, 11276.0, 11261.0, 11299.0, 11297.0, 11267.0, 11303.0, 11262.0, 11308.0, 11293.0, 11287.0, 11298.0, 11286.0, 11296.0, 11266.0, 11285.0, 11274.0, 11277.0, 11274.0, 11243.0, 11283.0, 11236.0, 11264.0, 11275.0, 11261.0, 11297.0, 11262.0, 11278.0, 11268.0, 11307.0, 11275.0, 11291.0, 11288.0, 11280.0, 11292.0, 11270.0, 11290.0, 11243.0, 11282.0, 11248.0, 11267.0, 11241.0, 11250.0, 11271.0, 11290.0, 11292.0, 11269.0, 11284.0, 11292.0, 11276.0, 11269.0, 11296.0, 11280.0, 11286.0, 11286.0, 11272.0, 11278.0, 11296.0, 11286.0, 11258.0, 11292.0, 11283.0, 11283.0, 11249.0, 11289.0, 11280.0, 11292.0, 11274.0, 11281.0, 11272.0, 11278.0, 11292.0, 11275.0, 11304.0, 11258.0, 11275.0, 11269.0, 11278.0, 11290.0, 11251.0, 11295.0, 11263.0, 11268.0, 11283.0, 11263.0, 11251.0, 11278.0, 11291.0, 11258.0, 11283.0, 11255.0, 11284.0, 11262.0, 11268.0, 11277.0, 11291.0, 11274.0, 11268.0, 11248.0, 11291.0, 11287.0, 11262.0, 11294.0, 11282.0, 11255.0, 11301.0, 11267.0, 11272.0, 11268.0, 11287.0, 11256.0, 11284.0, 11288.0, 11264.0, 11279.0, 11297.0, 11274.0, 11293.0, 11293.0, 11285.0, 11307.0, 11289.0, 11266.0, 11286.0, 11270.0, 11257.0, 11292.0, 11269.0, 11254.0, 11266.0, 11271.0, 11255.0, 11239.0, 11276.0, 11239.0, 11246.0, 11272.0, 11276.0, 11251.0, 11289.0, 11254.0, 11284.0, 11281.0, 11241.0, 11260.0, 11305.0, 11293.0, 11276.0, 11292.0, 11293.0, 11287.0, 11285.0, 11282.0, 11299.0, 11285.0, 11296.0, 11280.0, 11286.0, 11291.0, 11277.0, 11263.0, 11284.0, 11256.0, 11288.0, 11279.0, 11270.0, 11298.0, 11287.0, 11274.0, 11289.0, 11273.0, 11262.0, 11285.0, 11252.0], "WindowWidth": [24518.0, 24439.0, 24366.0, 24376.0, 24371.0, 24379.0, 24307.0, 24341.0, 24322.0, 24268.0, 24360.0, 24352.0, 24368.0, 24353.0, 24325.0, 24331.0, 24289.0, 24368.0, 24328.0, 24267.0, 24332.0, 24289.0, 24321.0, 24371.0, 24306.0, 24347.0, 24384.0, 24409.0, 24269.0, 24300.0, 24317.0, 24283.0, 24290.0, 24284.0, 24358.0, 24304.0, 24376.0, 24325.0, 24409.0, 24327.0, 24407.0, 24314.0, 24431.0, 24372.0, 24277.0, 24401.0, 24307.0, 24348.0, 24322.0, 24396.0, 24293.0, 24372.0, 24314.0, 24342.0, 24264.0, 24319.0, 24345.0, 24344.0, 24415.0, 24276.0, 24347.0, 24368.0, 24241.0, 24369.0, 24286.0, 24393.0, 24335.0, 24375.0, 24300.0, 24333.0, 24369.0, 24257.0, 24345.0, 24312.0, 24353.0, 24352.0, 24270.0, 24390.0, 24304.0, 24391.0, 24291.0, 24363.0, 24373.0, 24355.0, 24370.0, 24368.0, 24299.0, 24386.0, 24386.0, 24262.0, 24339.0, 24270.0, 24393.0, 24338.0, 24281.0, 24351.0, 24357.0, 24327.0, 24285.0, 24386.0, 24382.0, 24302.0, 24402.0, 24290.0, 24412.0, 24374.0, 24357.0, 24388.0, 24354.0, 24383.0, 24295.0, 24351.0, 24324.0, 24332.0, 24317.0, 24239.0, 24347.0, 24223.0, 24292.0, 24328.0, 24286.0, 24388.0, 24288.0, 24333.0, 24304.0, 24409.0, 24319.0, 24366.0, 24358.0, 24335.0, 24360.0, 24306.0, 24360.0, 24235.0, 24338.0, 24248.0, 24301.0, 24224.0, 24254.0, 24316.0, 24360.0, 24367.0, 24302.0, 24344.0, 24368.0, 24323.0, 24301.0, 24376.0, 24332.0, 24349.0, 24352.0, 24315.0, 24329.0, 24379.0, 24353.0, 24273.0, 24366.0, 24343.0, 24345.0, 24247.0, 24362.0, 24331.0, 24366.0, 24316.0, 24336.0, 24317.0, 24328.0, 24367.0, 24320.0, 24397.0, 24273.0, 24324.0, 24305.0, 24329.0, 24361.0, 24258.0, 24377.0, 24288.0, 24303.0, 24345.0, 24291.0, 24254.0, 24331.0, 24365.0, 24276.0, 24337.0, 24267.0, 24348.0, 24284.0, 24298.0, 24325.0, 24362.0, 24313.0, 24300.0, 24251.0, 24364.0, 24353.0, 24285.0, 24373.0, 24340.0, 24271.0, 24392.0, 24300.0, 24313.0, 24296.0, 24353.0, 24270.0, 24344.0, 24359.0, 24287.0, 24329.0, 24378.0, 24315.0, 24370.0, 24373.0, 24346.0, 24407.0, 24358.0, 24296.0, 24350.0, 24307.0, 24269.0, 24366.0, 24305.0, 24260.0, 24296.0, 24311.0, 24268.0, 24223.0, 24320.0, 24224.0, 24234.0, 24314.0, 24319.0, 24251.0, 24362.0, 24262.0, 24344.0, 24337.0, 24227.0, 24280.0, 24405.0, 24370.0, 24321.0, 24369.0, 24366.0, 24353.0, 24346.0, 24336.0, 24385.0, 24344.0, 24376.0, 24335.0, 24349.0, 24363.0, 24324.0, 24287.0, 24344.0, 24267.0, 24350.0, 24328.0, 24302.0, 24382.0, 24354.0, 24315.0, 24359.0, 24314.0, 24281.0, 24346.0, 24263.0]}, "slices": {}}}