{"AcquisitionMatrixPE": 96, "AcquisitionNumber": 1, "AcquisitionTime": "07:55:33.912500", "BandwidthPerPixelPhaseEncode": 33.602, "BaseResolution": 96, "BodyPartExamined": "BRAIN", "ConsistencyInfo": "N4_VD13A_LATEST_20120616", "ConversionSoftware": "dcm2niix", "ConversionSoftwareVersion": "v1.0.20210317", "DerivedVendorReportedEchoSpacing": 0.000620003, "DeviceSerialNumber": "45239", "DwellTime": 2.6e-06, "EchoTime": 0.03, "EchoTrainLength": 47, "EffectiveEchoSpacing": 0.000310001, "FlipAngle": 63, "ImageComments": "Unaliased MB4/PE3", "ImageOrientationPatientDICOM": [0.999892, -0.0126744, 0.00746583, 0.0147099, 0.861536, -0.507483], "ImageType": ["ORIGINAL", "PRIMARY", "M", "ND", "NORM", "MOSAIC"], "ImagingFrequency": 123.193, "InPlanePhaseEncodingDirectionDICOM": "COL", "InstitutionAddress": "E 24th St. 100,Austin,Southmiddle,US,78712", "InstitutionName": "Univ of Texas at Austin", "InstitutionalDepartmentName": "IRC", "MRAcquisitionType": "2D", "MagneticFieldStrength": 3, "Manufacturer": "Siemens", "ManufacturersModelName": "Skyra", "Modality": "MR", "MultibandAccelerationFactor": 4, "ParallelReductionFactorInPlane": 2, "PartialFourier": 1, "PatientPosition": "HFS", "PercentPhaseFOV": 100, "PercentSampling": 100, "PhaseEncodingDirection": "j-", "PhaseEncodingSteps": 95, "PhaseResolution": 1, "PixelBandwidth": 2005, "ProcedureStepDescription": "Poldrack2^self-scanning", "ProtocolName": "faces_localizer-run2", "PulseSequenceDetails": "%CustomerSeq%\\cmrr_mbep2d_bold", "ReceiveCoilActiveElements": "HEA;HEP", "ReceiveCoilName": "Head_32", "ReconMatrixPE": 96, "RefLinesPE": 48, "RepetitionTime": 1.16, "SAR": 0.119244, "ScanOptions": "FS", "ScanningSequence": "EP", "SequenceName": "epfid2d1_96", "SequenceVariant": "SK", "SeriesDescription": "faces_localizer-run2", "SeriesNumber": 10, "ShimSetting": [-2784, 8029, -15472, -202, -404, 237, 276, -1], "SliceThickness": 2, "SliceTiming": [0, 0.4975, 0.995, 0.355, 0.855, 0.2125, 0.7125, 0.07, 0.57, 1.0675, 0.4275, 0.925, 0.285, 0.7825, 0.1425, 0.64, 0, 0.4975, 0.995, 0.355, 0.855, 0.2125, 0.7125, 0.07, 0.57, 1.0675, 0.4275, 0.925, 0.285, 0.7825, 0.1425, 0.64, 0, 0.4975, 0.995, 0.355, 0.855, 0.2125, 0.7125, 0.07, 0.57, 1.0675, 0.4275, 0.925, 0.285, 0.7825, 0.1425, 0.64, 0, 0.4975, 0.995, 0.355, 0.855, 0.2125, 0.7125, 0.07, 0.57, 1.0675, 0.4275, 0.925, 0.285, 0.7825, 0.1425, 0.64], "SoftwareVersions": "syngo MR D13", "SpacingBetweenSlices": 2.4, "StationName": "AWP45239", "TaskName": "Object recognition task", "TotalReadoutTime": 0.0294501, "TxRefAmp": 339.699, "WipMemBlock": "974b8e58-a666-4bf5-8239-a0b254fbaac9||Sequence: vd13a/R010 r/fd129fc; Dec 13 2013 16:14:27 by eja", "dcmmeta_affine": [[-2.3955740928649902, 0.03524239733815193, 2.6693882659856172e-08, 114.09469604492188], [0.03036586195230484, 2.064096450805664, -1.2180920839309692, -81.33814239501953], [0.017886890098452568, 1.2158457040786743, 2.0679099559783936, -78.19255828857422], [0.0, 0.0, 0.0, 1.0]], "dcmmeta_reorient_transform": [[0.0, -1.0, 0.0, 95.0], [1.0, 0.0, 0.0, 0.0], [0.0, 0.0, 1.0, 0.0], [0.0, 0.0, 0.0, 1.0]], "dcmmeta_shape": [96, 96, 64, 270], "dcmmeta_slice_dim": 2, "dcmmeta_version": 0.6, "global": {"const": {"AcquisitionMatrix": [96, 0, 0, 96], "AngioFlag": "N", "BitsAllocated": 16, "BitsStored": 16, "BodyPartExamined": "BRAIN", "Columns": 768, "DeidentificationMethodCodeSequence": [{"CodeMeaning": "XNAT Edit Script", "CodeValue": "93", "CodingSchemeDesignator": "XNAT", "CodingSchemeVersion": "0.1"}], "EchoNumbers": 1, "EchoTime": 30.0, "EchoTrainLength": 47, "FlipAngle": 63.0, "HighBit": 15, "ImageOrientationPatient": [0.99989180400902, -0.0126744472555, 0.00746583299779, 0.01470987000561, 0.86153593276621, -0.5074834541905], "ImagePositionPatient": [-934.19704772929, -798.08449114312, 439.82695864332], "ImageType": ["ORIGINAL", "PRIMARY", "M", "ND", "NORM", "MOSAIC"], "ImagedNucleus": "1H", "ImagingFrequency": 123.192953, "InPlanePhaseEncodingDirection": "COL", "MRAcquisitionType": "2D", "MagneticFieldStrength": 3.0, "Manufacturer": "SIEMENS", "ManufacturerModelName": "Skyra", "Modality": "MR", "NumberOfAverages": 1.0, "NumberOfPhaseEncodingSteps": 95, "PercentPhaseFieldOfView": 100.0, "PercentSampling": 100.0, "PerformedProcedureStepStartTime": "072001.034000", "PhotometricInterpretation": "MONOCHROME2", "PixelBandwidth": 2005.0, "PixelRepresentation": 0, "PixelSpacing": [2.3958332538605, 2.3958332538605], "ProtocolName": "faces_localizer-run2", "RepetitionTime": 1160.0, "Rows": 768, "SAR": 0.11924441290815, "SamplesPerPixel": 1, "ScanOptions": "FS", "ScanningSequence": "EP", "SequenceName": "epfid2d1_96", "SequenceVariant": "SK", "SeriesDescription": "faces_localizer-run2", "SeriesNumber": 10, "SeriesTime": "075615.694000", "SliceLocation": -26.090757905619, "SliceThickness": 2.0, "SmallestImagePixelValue": 0, "SoftwareVersions": "syngo MR D13", "SpacingBetweenSlices": 2.3999999507427, "SpecificCharacterSet": "ISO_IR 100", "StudyID": "1", "StudyTime": "072000.938000", "TransmitCoilName": "Body", "VariableFlipAngleFlag": "N", "WindowCenterWidthExplanation": "Algo1", "dBdt": 0.0}, "slices": {}}, "time": {"samples": {"AcquisitionNumber": [1, 2, 3, 4, 5, 6, 7, 8, 9, 10, 11, 12, 13, 14, 15, 16, 17, 18, 19, 20, 21, 22, 23, 24, 25, 26, 27, 28, 29, 30, 31, 32, 33, 34, 35, 36, 37, 38, 39, 40, 41, 42, 43, 44, 45, 46, 47, 48, 49, 50, 51, 52, 53, 54, 55, 56, 57, 58, 59, 60, 61, 62, 63, 64, 65, 66, 67, 68, 69, 70, 71, 72, 73, 74, 75, 76, 77, 78, 79, 80, 81, 82, 83, 84, 85, 86, 87, 88, 89, 90, 91, 92, 93, 94, 95, 96, 97, 98, 99, 100, 101, 102, 103, 104, 105, 106, 107, 108, 109, 110, 111, 112, 113, 114, 115, 116, 117, 118, 119, 120, 121, 122, 123, 124, 125, 126, 127, 128, 129, 130, 131, 132, 133, 134, 135, 136, 137, 138, 139, 140, 141, 142, 143, 144, 145, 146, 147, 148, 149, 150, 151, 152, 153, 154, 155, 156, 157, 158, 159, 160, 161, 162, 163, 164, 165, 166, 167, 168, 169, 170, 171, 172, 173, 174, 175, 176, 177, 178, 179, 180, 181, 182, 183, 184, 185, 186, 187, 188, 189, 190, 191, 192, 193, 194, 195, 196, 197, 198, 199, 200, 201, 202, 203, 204, 205, 206, 207, 208, 209, 210, 211, 212, 213, 214, 215, 216, 217, 218, 219, 220, 221, 222, 223, 224, 225, 226, 227, 228, 229, 230, 231, 232, 233, 234, 235, 236, 237, 238, 239, 240, 241, 242, 243, 244, 245, 246, 247, 248, 249, 250, 251, 252, 253, 254, 255, 256, 257, 258, 259, 260, 261, 262, 263, 264, 265, 266, 267, 268, 269, 270], "AcquisitionTime": ["075533.912500", "075540.852500", "075542.012500", "075543.172500", "075544.332500", "075545.492500", "075546.652500", "075547.812500", "075548.972500", "075550.132500", "075551.292500", "075552.452500", "075553.612500", "075554.772500", "075555.932500", "075557.092500", "075558.252500", "075559.412500", "075600.572500", "075601.732500", "075602.892500", "075604.052500", "075605.212500", "075606.372500", "075607.532500", "075608.692500", "075609.852500", "075611.012500", "075612.172500", "075613.332500", "075614.492500", "075615.652500", "075616.812500", "075617.972500", "075619.132500", "075620.292500", "075621.452500", "075622.612500", "075623.772500", "075624.932500", "075626.092500", "075627.252500", "075628.412500", "075629.572500", "075630.732500", "075631.892500", "075633.052500", "075634.212500", "075635.372500", "075636.532500", "075637.692500", "075638.852500", "075640.012500", "075641.172500", "075642.332500", "075643.492500", "075644.652500", "075645.812500", "075646.972500", "075648.132500", "075649.292500", "075650.452500", "075651.612500", "075652.772500", "075653.932500", "075655.092500", "075656.252500", "075657.412500", "075658.572500", "075659.732500", "075700.892500", "075702.052500", "075703.212500", "075704.372500", "075705.532500", "075706.692500", "075707.852500", "075709.012500", "075710.172500", "075711.332500", "075712.492500", "075713.652500", "075714.812500", "075715.972500", "075717.132500", "075718.292500", "075719.452500", "075720.612500", "075721.772500", "075722.932500", "075724.092500", "075725.252500", "075726.412500", "075727.572500", "075728.732500", "075729.892500", "075731.052500", "075732.212500", "075733.372500", "075734.532500", "075735.692500", "075736.852500", "075738.012500", "075739.172500", "075740.332500", "075741.492500", "075742.652500", "075743.812500", "075744.972500", "075746.132500", "075747.292500", "075748.452500", "075749.612500", "075750.772500", "075751.932500", "075753.092500", "075754.252500", "075755.412500", "075756.572500", "075757.732500", "075758.892500", "075800.052500", "075801.212500", "075802.372500", "075803.532500", "075804.692500", "075805.852500", "075807.012500", "075808.172500", "075809.332500", "075810.492500", "075811.652500", "075812.812500", "075813.972500", "075815.132500", "075816.292500", "075817.452500", "075818.612500", "075819.772500", "075820.932500", "075822.092500", "075823.252500", "075824.412500", "075825.572500", "075826.732500", "075827.892500", "075829.052500", "075830.212500", "075831.372500", "075832.532500", "075833.692500", "075834.852500", "075836.012500", "075837.172500", "075838.332500", "075839.492500", "075840.652500", "075841.812500", "075842.972500", "075844.132500", "075845.292500", "075846.452500", "075847.612500", "075848.772500", "075849.932500", "075851.092500", "075852.252500", "075853.412500", "075854.572500", "075855.732500", "075856.892500", "075858.052500", "075859.212500", "075900.372500", "075901.532500", "075902.692500", "075903.852500", "075905.012500", "075906.172500", "075907.332500", "075908.492500", "075909.652500", "075910.812500", "075911.972500", "075913.132500", "075914.292500", "075915.452500", "075916.612500", "075917.772500", "075918.932500", "075920.092500", "075921.252500", "075922.412500", "075923.572500", "075924.732500", "075925.892500", "075927.052500", "075928.212500", "075929.372500", "075930.532500", "075931.692500", "075932.852500", "075934.012500", "075935.172500", "075936.332500", "075937.492500", "075938.652500", "075939.812500", "075940.972500", "075942.132500", "075943.292500", "075944.452500", "075945.612500", "075946.772500", "075947.932500", "075949.092500", "075950.252500", "075951.412500", "075952.572500", "075953.732500", "075954.892500", "075956.052500", "075957.212500", "075958.372500", "075959.532500", "080000.692500", "080001.852500", "080003.012500", "080004.172500", "080005.332500", "080006.492500", "080007.652500", "080008.812500", "080009.972500", "080011.132500", "080012.292500", "080013.452500", "080014.612500", "080015.772500", "080016.935000", "080018.095000", "080019.255000", "080020.415000", "080021.575000", "080022.735000", "080023.895000", "080025.055000", "080026.215000", "080027.375000", "080028.535000", "080029.695000", "080030.855000", "080032.015000", "080033.175000", "080034.335000", "080035.495000", "080036.655000", "080037.815000", "080038.975000", "080040.135000", "080041.295000", "080042.455000", "080043.615000", "080044.775000", "080045.935000", "080047.095000", "080048.255000", "080049.415000", "080050.575000", "080051.735000"], "ContentTime": ["075615.698000", "075615.703000", "075615.707000", "075615.711000", "075615.715000", "075615.719000", "075615.723000", "075615.728000", "075615.734000", "075615.739000", "075615.743000", "075615.747000", "075615.751000", "075615.755000", "075615.759000", "075615.771000", "075615.775000", "075615.779000", "075615.783000", "075615.787000", "075615.792000", "075615.796000", "075615.800000", "075615.805000", "075615.812000", "075615.816000", "075655.651000", "075655.656000", "075655.659000", "075655.663000", "075655.667000", "075655.671000", "075655.674000", "075655.678000", "075655.682000", "075655.686000", "075655.700000", "075655.704000", "075655.708000", "075655.712000", "075655.716000", "075655.720000", "075655.724000", "075655.727000", "075655.731000", "075655.735000", "075655.739000", "075655.743000", "075655.756000", "075655.759000", "075655.763000", "075655.767000", "075655.771000", "075655.774000", "075655.778000", "075655.782000", "075655.786000", "075655.790000", "075655.794000", "075655.798000", "075655.802000", "075655.806000", "075655.810000", "075655.814000", "075735.653000", "075735.657000", "075735.661000", "075735.665000", "075735.668000", "075735.672000", "075735.676000", "075735.679000", "075735.683000", "075735.687000", "075735.691000", "075735.695000", "075735.699000", "075735.703000", "075735.706000", "075735.710000", "075735.714000", "075735.718000", "075735.722000", "075735.725000", "075735.729000", "075735.734000", "075735.738000", "075735.742000", "075735.745000", "075735.749000", "075735.753000", "075735.757000", "075735.761000", "075735.764000", "075735.768000", "075735.772000", "075735.777000", "075735.781000", "075735.785000", "075815.652000", "075815.657000", "075815.661000", "075815.664000", "075815.668000", "075815.672000", "075815.676000", "075815.680000", "075815.684000", "075815.688000", "075815.692000", "075815.695000", "075815.700000", "075815.704000", "075815.708000", "075815.711000", "075815.715000", "075815.719000", "075815.723000", "075815.727000", "075815.730000", "075815.734000", "075815.738000", "075815.742000", "075815.754000", "075815.758000", "075815.762000", "075815.766000", "075815.769000", "075815.773000", "075815.777000", "075815.781000", "075815.785000", "075815.789000", "075855.652000", "075855.657000", "075855.661000", "075855.665000", "075855.669000", "075855.672000", "075855.676000", "075855.680000", "075855.684000", "075855.688000", "075855.692000", "075855.696000", "075855.700000", "075855.704000", "075855.708000", "075855.712000", "075855.716000", "075855.720000", "075855.724000", "075855.728000", "075855.732000", "075855.736000", "075855.740000", "075855.744000", "075855.748000", "075855.752000", "075855.756000", "075855.760000", "075855.764000", "075855.768000", "075855.772000", "075855.776000", "075855.780000", "075855.784000", "075855.788000", "075935.652000", "075935.656000", "075935.660000", "075935.664000", "075935.678000", "075935.682000", "075935.686000", "075935.690000", "075935.694000", "075935.698000", "075935.702000", "075935.705000", "075935.709000", "075935.713000", "075935.717000", "075935.721000", "075935.725000", "075935.729000", "075935.733000", "075935.737000", "075935.740000", "075935.744000", "075935.748000", "075935.752000", "075935.756000", "075935.760000", "075935.764000", "075935.768000", "075935.771000", "075935.775000", "075935.780000", "075935.784000", "075935.788000", "075935.792000", "080015.653000", "080015.657000", "080015.662000", "080015.666000", "080015.670000", "080015.673000", "080015.677000", "080015.681000", "080015.685000", "080015.689000", "080015.693000", "080015.697000", "080015.701000", "080015.705000", "080015.709000", "080015.713000", "080015.717000", "080015.721000", "080015.724000", "080015.728000", "080015.732000", "080015.743000", "080015.747000", "080015.751000", "080015.755000", "080015.759000", "080015.763000", "080015.767000", "080015.771000", "080015.775000", "080015.779000", "080015.783000", "080015.787000", "080015.791000", "080015.805000", "080053.671000", "080053.675000", "080053.679000", "080053.683000", "080053.687000", "080053.691000", "080053.695000", "080053.699000", "080053.703000", "080053.706000", "080053.710000", "080053.714000", "080053.718000", "080053.722000", "080053.729000", "080053.733000", "080053.738000", "080053.742000", "080053.746000", "080053.751000", "080053.755000", "080053.760000", "080053.764000", "080053.768000", "080053.773000", "080053.777000", "080053.781000", "080053.785000", "080053.789000", "080053.794000", "080053.798000", "080053.802000", "080053.806000"], "InstanceCreationTime": ["075615.698000", "075615.703000", "075615.707000", "075615.711000", "075615.715000", "075615.719000", "075615.723000", "075615.728000", "075615.734000", "075615.739000", "075615.743000", "075615.747000", "075615.751000", "075615.755000", "075615.759000", "075615.771000", "075615.775000", "075615.779000", "075615.783000", "075615.787000", "075615.792000", "075615.796000", "075615.800000", "075615.805000", "075615.812000", "075615.816000", "075655.651000", "075655.656000", "075655.659000", "075655.663000", "075655.667000", "075655.671000", "075655.674000", "075655.678000", "075655.682000", "075655.686000", "075655.700000", "075655.704000", "075655.708000", "075655.712000", "075655.716000", "075655.720000", "075655.724000", "075655.727000", "075655.731000", "075655.735000", "075655.739000", "075655.743000", "075655.756000", "075655.759000", "075655.763000", "075655.767000", "075655.771000", "075655.774000", "075655.778000", "075655.782000", "075655.786000", "075655.790000", "075655.794000", "075655.798000", "075655.802000", "075655.806000", "075655.810000", "075655.814000", "075735.653000", "075735.657000", "075735.661000", "075735.665000", "075735.668000", "075735.672000", "075735.676000", "075735.679000", "075735.683000", "075735.687000", "075735.691000", "075735.695000", "075735.699000", "075735.703000", "075735.706000", "075735.710000", "075735.714000", "075735.718000", "075735.722000", "075735.725000", "075735.729000", "075735.734000", "075735.738000", "075735.742000", "075735.745000", "075735.749000", "075735.753000", "075735.757000", "075735.761000", "075735.764000", "075735.768000", "075735.772000", "075735.777000", "075735.781000", "075735.785000", "075815.652000", "075815.657000", "075815.661000", "075815.664000", "075815.668000", "075815.672000", "075815.676000", "075815.680000", "075815.684000", "075815.688000", "075815.692000", "075815.695000", "075815.700000", "075815.704000", "075815.708000", "075815.711000", "075815.715000", "075815.719000", "075815.723000", "075815.727000", "075815.730000", "075815.734000", "075815.738000", "075815.742000", "075815.754000", "075815.758000", "075815.762000", "075815.766000", "075815.769000", "075815.773000", "075815.777000", "075815.781000", "075815.785000", "075815.789000", "075855.652000", "075855.657000", "075855.661000", "075855.665000", "075855.669000", "075855.672000", "075855.676000", "075855.680000", "075855.684000", "075855.688000", "075855.692000", "075855.696000", "075855.700000", "075855.704000", "075855.708000", "075855.712000", "075855.716000", "075855.720000", "075855.724000", "075855.728000", "075855.732000", "075855.736000", "075855.740000", "075855.744000", "075855.748000", "075855.752000", "075855.756000", "075855.760000", "075855.764000", "075855.768000", "075855.772000", "075855.776000", "075855.780000", "075855.784000", "075855.788000", "075935.652000", "075935.656000", "075935.660000", "075935.664000", "075935.678000", "075935.682000", "075935.686000", "075935.690000", "075935.694000", "075935.698000", "075935.702000", "075935.705000", "075935.709000", "075935.713000", "075935.717000", "075935.721000", "075935.725000", "075935.729000", "075935.733000", "075935.737000", "075935.740000", "075935.744000", "075935.748000", "075935.752000", "075935.756000", "075935.760000", "075935.764000", "075935.768000", "075935.771000", "075935.775000", "075935.780000", "075935.784000", "075935.788000", "075935.792000", "080015.653000", "080015.657000", "080015.662000", "080015.666000", "080015.670000", "080015.673000", "080015.677000", "080015.681000", "080015.685000", "080015.689000", "080015.693000", "080015.697000", "080015.701000", "080015.705000", "080015.709000", "080015.713000", "080015.717000", "080015.721000", "080015.724000", "080015.728000", "080015.732000", "080015.743000", "080015.747000", "080015.751000", "080015.755000", "080015.759000", "080015.763000", "080015.767000", "080015.771000", "080015.775000", "080015.779000", "080015.783000", "080015.787000", "080015.791000", "080015.805000", "080053.671000", "080053.675000", "080053.679000", "080053.683000", "080053.687000", "080053.691000", "080053.695000", "080053.699000", "080053.703000", "080053.706000", "080053.710000", "080053.714000", "080053.718000", "080053.722000", "080053.729000", "080053.733000", "080053.738000", "080053.742000", "080053.746000", "080053.751000", "080053.755000", "080053.760000", "080053.764000", "080053.768000", "080053.773000", "080053.777000", "080053.781000", "080053.785000", "080053.789000", "080053.794000", "080053.798000", "080053.802000", "080053.806000"], "InstanceNumber": [1, 2, 3, 4, 5, 6, 7, 8, 9, 10, 11, 12, 13, 14, 15, 16, 17, 18, 19, 20, 21, 22, 23, 24, 25, 26, 27, 28, 29, 30, 31, 32, 33, 34, 35, 36, 37, 38, 39, 40, 41, 42, 43, 44, 45, 46, 47, 48, 49, 50, 51, 52, 53, 54, 55, 56, 57, 58, 59, 60, 61, 62, 63, 64, 65, 66, 67, 68, 69, 70, 71, 72, 73, 74, 75, 76, 77, 78, 79, 80, 81, 82, 83, 84, 85, 86, 87, 88, 89, 90, 91, 92, 93, 94, 95, 96, 97, 98, 99, 100, 101, 102, 103, 104, 105, 106, 107, 108, 109, 110, 111, 112, 113, 114, 115, 116, 117, 118, 119, 120, 121, 122, 123, 124, 125, 126, 127, 128, 129, 130, 131, 132, 133, 134, 135, 136, 137, 138, 139, 140, 141, 142, 143, 144, 145, 146, 147, 148, 149, 150, 151, 152, 153, 154, 155, 156, 157, 158, 159, 160, 161, 162, 163, 164, 165, 166, 167, 168, 169, 170, 171, 172, 173, 174, 175, 176, 177, 178, 179, 180, 181, 182, 183, 184, 185, 186, 187, 188, 189, 190, 191, 192, 193, 194, 195, 196, 197, 198, 199, 200, 201, 202, 203, 204, 205, 206, 207, 208, 209, 210, 211, 212, 213, 214, 215, 216, 217, 218, 219, 220, 221, 222, 223, 224, 225, 226, 227, 228, 229, 230, 231, 232, 233, 234, 235, 236, 237, 238, 239, 240, 241, 242, 243, 244, 245, 246, 247, 248, 249, 250, 251, 252, 253, 254, 255, 256, 257, 258, 259, 260, 261, 262, 263, 264, 265, 266, 267, 268, 269, 270], "LargestImagePixelValue": [43167, 46182, 51890, 40254, 35859, 45300, 45108, 46200, 32239, 51449, 38268, 51076, 43106, 43549, 32110, 36213, 34453, 44528, 33458, 49619, 40769, 33352, 52622, 39515, 32206, 52464, 42356, 34276, 47577, 44551, 40209, 52864, 44934, 36777, 44408, 49416, 37862, 42199, 52394, 45558, 34664, 52171, 37223, 35369, 51759, 39234, 42805, 35406, 51718, 36710, 45657, 41035, 46777, 46473, 51083, 40813, 42404, 46370, 36098, 40210, 40356, 32778, 45001, 49131, 36673, 38118, 36609, 40473, 43848, 34730, 44615, 36719, 42967, 48576, 36703, 37684, 43171, 49191, 41017, 33756, 46783, 48929, 32818, 44134, 32985, 43802, 36501, 34441, 44367, 53183, 40565, 50022, 43912, 40996, 36475, 46144, 39804, 34113, 44944, 34663, 36816, 48739, 46560, 40704, 52398, 42938, 40894, 46695, 42908, 36169, 53528, 48007, 40478, 45941, 48058, 33647, 46188, 40271, 34536, 44595, 36741, 40529, 45182, 36987, 51325, 42128, 44835, 37909, 46050, 43094, 45049, 39131, 40328, 47289, 34814, 45248, 46295, 43372, 48051, 35549, 33759, 39384, 33632, 44030, 37800, 38236, 33174, 40060, 34214, 49591, 41410, 34398, 47581, 39609, 45015, 52684, 44895, 52931, 43286, 34611, 48545, 38182, 43631, 47046, 41932, 47854, 44436, 35838, 47597, 41643, 46424, 41302, 48275, 41501, 42397, 46230, 45206, 45650, 35743, 47032, 40431, 40684, 44691, 38511, 37597, 45443, 33876, 36923, 45201, 43135, 38413, 46615, 38771, 46253, 35988, 44314, 38146, 40734, 41810, 39035, 37985, 50995, 41051, 43927, 52058, 40179, 48627, 45955, 38113, 32720, 40986, 45215, 42678, 44181, 36935, 48911, 35396, 36098, 46594, 39475, 51342, 40511, 37283, 45514, 38367, 33917, 48536, 40092, 34148, 46851, 40912, 40440, 34063, 48175, 39248, 42977, 46653, 41147, 38558, 46480, 42016, 33798, 42171, 40975, 36875, 47739, 38773, 35721, 36384, 41062, 45588, 41586, 33417, 52770, 39661, 35834, 50155, 49664, 35175, 44616, 41635, 45696, 36472, 46997, 46037, 43153, 41066, 35728, 52505, 37838], "WindowCenter": [11366.0, 11344.0, 11345.0, 11319.0, 11298.0, 11318.0, 11315.0, 11313.0, 11266.0, 11319.0, 11284.0, 11301.0, 11292.0, 11304.0, 11273.0, 11294.0, 11289.0, 11312.0, 11287.0, 11319.0, 11307.0, 11287.0, 11324.0, 11301.0, 11279.0, 11325.0, 11306.0, 11285.0, 11310.0, 11308.0, 11307.0, 11333.0, 11319.0, 11298.0, 11309.0, 11309.0, 11283.0, 11304.0, 11319.0, 11313.0, 11287.0, 11323.0, 11289.0, 11284.0, 11325.0, 11307.0, 11323.0, 11304.0, 11340.0, 11295.0, 11314.0, 11301.0, 11298.0, 11291.0, 11298.0, 11276.0, 11276.0, 11286.0, 11270.0, 11293.0, 11293.0, 11270.0, 11302.0, 11301.0, 11272.0, 11276.0, 11282.0, 11301.0, 11305.0, 11288.0, 11314.0, 11290.0, 11304.0, 11313.0, 11288.0, 11295.0, 11313.0, 11323.0, 11312.0, 11287.0, 11319.0, 11318.0, 11281.0, 11314.0, 11291.0, 11326.0, 11309.0, 11296.0, 11317.0, 11314.0, 11289.0, 11302.0, 11294.0, 11291.0, 11279.0, 11309.0, 11287.0, 11273.0, 11301.0, 11271.0, 11288.0, 11327.0, 11311.0, 11310.0, 11336.0, 11311.0, 11299.0, 11314.0, 11310.0, 11284.0, 11331.0, 11336.0, 11310.0, 11338.0, 11338.0, 11298.0, 11334.0, 11319.0, 11296.0, 11325.0, 11304.0, 11313.0, 11326.0, 11303.0, 11335.0, 11311.0, 11309.0, 11297.0, 11319.0, 11312.0, 11338.0, 11297.0, 11304.0, 11316.0, 11277.0, 11291.0, 11282.0, 11280.0, 11297.0, 11269.0, 11270.0, 11292.0, 11271.0, 11304.0, 11286.0, 11294.0, 11276.0, 11310.0, 11299.0, 11329.0, 11322.0, 11312.0, 11344.0, 11310.0, 11317.0, 11318.0, 11295.0, 11310.0, 11299.0, 11273.0, 11314.0, 11290.0, 11301.0, 11305.0, 11300.0, 11313.0, 11311.0, 11298.0, 11324.0, 11311.0, 11322.0, 11307.0, 11328.0, 11323.0, 11320.0, 11333.0, 11331.0, 11317.0, 11291.0, 11315.0, 11307.0, 11303.0, 11314.0, 11297.0, 11306.0, 11324.0, 11295.0, 11305.0, 11326.0, 11316.0, 11304.0, 11327.0, 11306.0, 11318.0, 11288.0, 11303.0, 11287.0, 11305.0, 11311.0, 11321.0, 11314.0, 11347.0, 11320.0, 11330.0, 11339.0, 11317.0, 11319.0, 11312.0, 11296.0, 11278.0, 11307.0, 11311.0, 11303.0, 11308.0, 11333.0, 11352.0, 11306.0, 11301.0, 11332.0, 11303.0, 11322.0, 11296.0, 11288.0, 11304.0, 11295.0, 11280.0, 11319.0, 11299.0, 11289.0, 11311.0, 11288.0, 11291.0, 11278.0, 11314.0, 11296.0, 11309.0, 11301.0, 11285.0, 11279.0, 11299.0, 11290.0, 11272.0, 11293.0, 11289.0, 11285.0, 11312.0, 11298.0, 11304.0, 11303.0, 11321.0, 11332.0, 11321.0, 11292.0, 11332.0, 11307.0, 11295.0, 11325.0, 11324.0, 11294.0, 11317.0, 11308.0, 11321.0, 11296.0, 11325.0, 11321.0, 11302.0, 11289.0, 11274.0, 11314.0, 11289.0], "WindowWidth": [24589.0, 24522.0, 24517.0, 24441.0, 24380.0, 24437.0, 24426.0, 24421.0, 24287.0, 24448.0, 24341.0, 24383.0, 24363.0, 24394.0, 24308.0, 24368.0, 24353.0, 24417.0, 24346.0, 24437.0, 24403.0, 24347.0, 24450.0, 24386.0, 24323.0, 24465.0, 24402.0, 24337.0, 24413.0, 24414.0, 24405.0, 24480.0, 24438.0, 24376.0, 24409.0, 24409.0, 24336.0, 24398.0, 24440.0, 24420.0, 24348.0, 24450.0, 24354.0, 24343.0, 24455.0, 24398.0, 24447.0, 24393.0, 24510.0, 24369.0, 24424.0, 24384.0, 24378.0, 24362.0, 24377.0, 24317.0, 24316.0, 24342.0, 24302.0, 24360.0, 24363.0, 24296.0, 24387.0, 24385.0, 24305.0, 24317.0, 24332.0, 24385.0, 24394.0, 24347.0, 24421.0, 24354.0, 24395.0, 24417.0, 24348.0, 24364.0, 24417.0, 24448.0, 24416.0, 24339.0, 24430.0, 24431.0, 24329.0, 24419.0, 24351.0, 24453.0, 24403.0, 24365.0, 24425.0, 24422.0, 24348.0, 24382.0, 24365.0, 24360.0, 24320.0, 24408.0, 24344.0, 24300.0, 24384.0, 24302.0, 24345.0, 24464.0, 24409.0, 24407.0, 24484.0, 24412.0, 24375.0, 24421.0, 24412.0, 24338.0, 24467.0, 24489.0, 24407.0, 24494.0, 24492.0, 24373.0, 24475.0, 24433.0, 24368.0, 24452.0, 24391.0, 24411.0, 24453.0, 24387.0, 24493.0, 24414.0, 24408.0, 24369.0, 24436.0, 24418.0, 24492.0, 24371.0, 24393.0, 24419.0, 24311.0, 24353.0, 24326.0, 24325.0, 24372.0, 24292.0, 24295.0, 24353.0, 24296.0, 24391.0, 24338.0, 24359.0, 24313.0, 24403.0, 24368.0, 24457.0, 24438.0, 24406.0, 24511.0, 24401.0, 24424.0, 24425.0, 24361.0, 24407.0, 24377.0, 24300.0, 24416.0, 24347.0, 24378.0, 24389.0, 24379.0, 24414.0, 24404.0, 24368.0, 24440.0, 24409.0, 24436.0, 24400.0, 24454.0, 24448.0, 24430.0, 24465.0, 24456.0, 24421.0, 24351.0, 24420.0, 24401.0, 24386.0, 24417.0, 24369.0, 24385.0, 24442.0, 24361.0, 24388.0, 24457.0, 24427.0, 24388.0, 24451.0, 24391.0, 24429.0, 24345.0, 24386.0, 24349.0, 24387.0, 24406.0, 24431.0, 24412.0, 24520.0, 24433.0, 24460.0, 24487.0, 24424.0, 24429.0, 24412.0, 24368.0, 24315.0, 24397.0, 24409.0, 24393.0, 24401.0, 24476.0, 24525.0, 24391.0, 24374.0, 24467.0, 24383.0, 24435.0, 24363.0, 24339.0, 24388.0, 24361.0, 24318.0, 24427.0, 24376.0, 24344.0, 24406.0, 24348.0, 24353.0, 24314.0, 24416.0, 24365.0, 24403.0, 24377.0, 24335.0, 24316.0, 24375.0, 24351.0, 24300.0, 24357.0, 24345.0, 24335.0, 24415.0, 24368.0, 24387.0, 24386.0, 24433.0, 24466.0, 24433.0, 24357.0, 24467.0, 24397.0, 24365.0, 24447.0, 24448.0, 24364.0, 24421.0, 24404.0, 24436.0, 24361.0, 24446.0, 24439.0, 24386.0, 24350.0, 24304.0, 24424.0, 24350.0]}, "slices": {}}}