{"AcquisitionMatrixPE": 96, "AcquisitionNumber": 1, "AcquisitionTime": "07:35:56.120000", "BandwidthPerPixelPhaseEncode": 33.602, "BaseResolution": 96, "BodyPartExamined": "BRAIN", "ConsistencyInfo": "N4_VD13A_LATEST_20120616", "ConversionSoftware": "dcm2niix", "ConversionSoftwareVersion": "v1.0.20210317", "DerivedVendorReportedEchoSpacing": 0.000620003, "DeviceSerialNumber": "45239", "DwellTime": 2.6e-06, "EchoTime": 0.03, "EchoTrainLength": 47, "EffectiveEchoSpacing": 0.000310001, "FlipAngle": 63, "ImageComments": "Unaliased MB4/PE3", "ImageOrientationPatientDICOM": [0.999892, -0.0126744, 0.00746583, 0.0147099, 0.861536, -0.507483], "ImageType": ["ORIGINAL", "PRIMARY", "M", "ND", "NORM", "MOSAIC"], "ImagingFrequency": 123.193, "InPlanePhaseEncodingDirectionDICOM": "COL", "InstitutionAddress": "E 24th St. 100,Austin,Southmiddle,US,78712", "InstitutionName": "Univ of Texas at Austin", "InstitutionalDepartmentName": "IRC", "MRAcquisitionType": "2D", "MagneticFieldStrength": 3, "Manufacturer": "Siemens", "ManufacturersModelName": "Skyra", "Modality": "MR", "MultibandAccelerationFactor": 4, "ParallelReductionFactorInPlane": 2, "PartialFourier": 1, "PatientPosition": "HFS", "PercentPhaseFOV": 100, "PercentSampling": 100, "PhaseEncodingDirection": "j-", "PhaseEncodingSteps": 95, "PhaseResolution": 1, "PixelBandwidth": 2005, "ProcedureStepDescription": "Poldrack2^self-scanning", "ProtocolName": "Resting State fMRI MBEPI_matrix96_BW2004", "PulseSequenceDetails": "%CustomerSeq%\\cmrr_mbep2d_bold", "ReceiveCoilActiveElements": "HEA;HEP", "ReceiveCoilName": "Head_32", "ReconMatrixPE": 96, "RefLinesPE": 48, "RepetitionTime": 1.16, "SAR": 0.121476, "ScanOptions": "FS", "ScanningSequence": "EP", "SequenceName": "epfid2d1_96", "SequenceVariant": "SK", "SeriesDescription": "Resting State fMRI MBEPI_matrix96_BW2004", "SeriesNumber": 6, "ShimSetting": [-2784, 8029, -15472, -202, -404, 237, 276, -1], "SliceThickness": 2, "SliceTiming": [0, 0.5, 0.9975, 0.3575, 0.855, 0.215, 0.7125, 0.0725, 0.57, 1.07, 0.4275, 0.9275, 0.285, 0.785, 0.1425, 0.6425, 0, 0.5, 0.9975, 0.3575, 0.855, 0.215, 0.7125, 0.0725, 0.57, 1.07, 0.4275, 0.9275, 0.285, 0.785, 0.1425, 0.6425, 0, 0.5, 0.9975, 0.3575, 0.855, 0.215, 0.7125, 0.0725, 0.57, 1.07, 0.4275, 0.9275, 0.285, 0.785, 0.1425, 0.6425, 0, 0.5, 0.9975, 0.3575, 0.855, 0.215, 0.7125, 0.0725, 0.57, 1.07, 0.4275, 0.9275, 0.285, 0.785, 0.1425, 0.6425], "SoftwareVersions": "syngo MR D13", "SpacingBetweenSlices": 2.4, "StationName": "AWP45239", "TaskName": "Resting fmri", "TotalReadoutTime": 0.0294501, "TxRefAmp": 339.699, "WipMemBlock": "027f394d-e24e-461c-aca5-2c13edb9a23e||Sequence: vd13a/R010 r/fd129fc; Dec 13 2013 16:14:27 by eja", "dcmmeta_affine": [[-2.3955740928649902, 0.03524239733815193, 2.6693882659856172e-08, 114.09469604492188], [0.03036586195230484, 2.064096450805664, -1.2180920839309692, -81.33814239501953], [0.017886890098452568, 1.2158457040786743, 2.0679099559783936, -78.19255828857422], [0.0, 0.0, 0.0, 1.0]], "dcmmeta_reorient_transform": [[0.0, -1.0, 0.0, 95.0], [1.0, 0.0, 0.0, 0.0], [0.0, 0.0, 1.0, 0.0], [0.0, 0.0, 0.0, 1.0]], "dcmmeta_shape": [96, 96, 64, 518], "dcmmeta_slice_dim": 2, "dcmmeta_version": 0.6, "global": {"const": {"AcquisitionMatrix": [96, 0, 0, 96], "AngioFlag": "N", "BitsAllocated": 16, "BitsStored": 16, "BodyPartExamined": "BRAIN", "Columns": 768, "DeidentificationMethodCodeSequence": [{"CodeMeaning": "XNAT Edit Script", "CodeValue": "93", "CodingSchemeDesignator": "XNAT", "CodingSchemeVersion": "0.1"}], "EchoNumbers": 1, "EchoTime": 30.0, "EchoTrainLength": 47, "FlipAngle": 63.0, "HighBit": 15, "ImageOrientationPatient": [0.99989180400902, -0.0126744472555, 0.00746583299779, 0.01470987000561, 0.86153593276621, -0.5074834541905], "ImagePositionPatient": [-934.19704772929, -798.08449114312, 439.82695864332], "ImageType": ["ORIGINAL", "PRIMARY", "M", "ND", "NORM", "MOSAIC"], "ImagedNucleus": "1H", "ImagingFrequency": 123.192892, "InPlanePhaseEncodingDirection": "COL", "MRAcquisitionType": "2D", "MagneticFieldStrength": 3.0, "Manufacturer": "SIEMENS", "ManufacturerModelName": "Skyra", "Modality": "MR", "NumberOfAverages": 1.0, "NumberOfPhaseEncodingSteps": 95, "PercentPhaseFieldOfView": 100.0, "PercentSampling": 100.0, "PerformedProcedureStepStartTime": "072001.034000", "PhotometricInterpretation": "MONOCHROME2", "PixelBandwidth": 2005.0, "PixelRepresentation": 0, "PixelSpacing": [2.3958332538605, 2.3958332538605], "ProtocolName": "Resting State fMRI MBEPI_matrix96_BW2004", "RepetitionTime": 1160.0, "Rows": 768, "SAR": 0.12147583896455, "SamplesPerPixel": 1, "ScanOptions": "FS", "ScanningSequence": "EP", "SequenceName": "epfid2d1_96", "SequenceVariant": "SK", "SeriesDescription": "Resting State fMRI MBEPI_matrix96_BW2004", "SeriesNumber": 6, "SeriesTime": "073647.259000", "SliceLocation": -26.090757905619, "SliceThickness": 2.0, "SmallestImagePixelValue": 0, "SoftwareVersions": "syngo MR D13", "SpacingBetweenSlices": 2.3999999507427, "SpecificCharacterSet": "ISO_IR 100", "StudyID": "1", "StudyTime": "072000.938000", "TransmitCoilName": "Body", "VariableFlipAngleFlag": "N", "WindowCenterWidthExplanation": "Algo1", "dBdt": 0.0}, "slices": {}}, "time": {"samples": {"AcquisitionNumber": [1, 2, 3, 4, 5, 6, 7, 8, 9, 10, 11, 12, 13, 14, 15, 16, 17, 18, 19, 20, 21, 22, 23, 24, 25, 26, 27, 28, 29, 30, 31, 32, 33, 34, 35, 36, 37, 38, 39, 40, 41, 42, 43, 44, 45, 46, 47, 48, 49, 50, 51, 52, 53, 54, 55, 56, 57, 58, 59, 60, 61, 62, 63, 64, 65, 66, 67, 68, 69, 70, 71, 72, 73, 74, 75, 76, 77, 78, 79, 80, 81, 82, 83, 84, 85, 86, 87, 88, 89, 90, 91, 92, 93, 94, 95, 96, 97, 98, 99, 100, 101, 102, 103, 104, 105, 106, 107, 108, 109, 110, 111, 112, 113, 114, 115, 116, 117, 118, 119, 120, 121, 122, 123, 124, 125, 126, 127, 128, 129, 130, 131, 132, 133, 134, 135, 136, 137, 138, 139, 140, 141, 142, 143, 144, 145, 146, 147, 148, 149, 150, 151, 152, 153, 154, 155, 156, 157, 158, 159, 160, 161, 162, 163, 164, 165, 166, 167, 168, 169, 170, 171, 172, 173, 174, 175, 176, 177, 178, 179, 180, 181, 182, 183, 184, 185, 186, 187, 188, 189, 190, 191, 192, 193, 194, 195, 196, 197, 198, 199, 200, 201, 202, 203, 204, 205, 206, 207, 208, 209, 210, 211, 212, 213, 214, 215, 216, 217, 218, 219, 220, 221, 222, 223, 224, 225, 226, 227, 228, 229, 230, 231, 232, 233, 234, 235, 236, 237, 238, 239, 240, 241, 242, 243, 244, 245, 246, 247, 248, 249, 250, 251, 252, 253, 254, 255, 256, 257, 258, 259, 260, 261, 262, 263, 264, 265, 266, 267, 268, 269, 270, 271, 272, 273, 274, 275, 276, 277, 278, 279, 280, 281, 282, 283, 284, 285, 286, 287, 288, 289, 290, 291, 292, 293, 294, 295, 296, 297, 298, 299, 300, 301, 302, 303, 304, 305, 306, 307, 308, 309, 310, 311, 312, 313, 314, 315, 316, 317, 318, 319, 320, 321, 322, 323, 324, 325, 326, 327, 328, 329, 330, 331, 332, 333, 334, 335, 336, 337, 338, 339, 340, 341, 342, 343, 344, 345, 346, 347, 348, 349, 350, 351, 352, 353, 354, 355, 356, 357, 358, 359, 360, 361, 362, 363, 364, 365, 366, 367, 368, 369, 370, 371, 372, 373, 374, 375, 376, 377, 378, 379, 380, 381, 382, 383, 384, 385, 386, 387, 388, 389, 390, 391, 392, 393, 394, 395, 396, 397, 398, 399, 400, 401, 402, 403, 404, 405, 406, 407, 408, 409, 410, 411, 412, 413, 414, 415, 416, 417, 418, 419, 420, 421, 422, 423, 424, 425, 426, 427, 428, 429, 430, 431, 432, 433, 434, 435, 436, 437, 438, 439, 440, 441, 442, 443, 444, 445, 446, 447, 448, 449, 450, 451, 452, 453, 454, 455, 456, 457, 458, 459, 460, 461, 462, 463, 464, 465, 466, 467, 468, 469, 470, 471, 472, 473, 474, 475, 476, 477, 478, 479, 480, 481, 482, 483, 484, 485, 486, 487, 488, 489, 490, 491, 492, 493, 494, 495, 496, 497, 498, 499, 500, 501, 502, 503, 504, 505, 506, 507, 508, 509, 510, 511, 512, 513, 514, 515, 516, 517, 518], "AcquisitionTime": ["073556.120000", "073603.060000", "073604.220000", "073605.380000", "073606.540000", "073607.700000", "073608.860000", "073610.020000", "073611.180000", "073612.340000", "073613.500000", "073614.660000", "073615.820000", "073616.980000", "073618.140000", "073619.300000", "073620.460000", "073621.620000", "073622.780000", "073623.940000", "073625.100000", "073626.260000", "073627.420000", "073628.580000", "073629.740000", "073630.900000", "073632.060000", "073633.220000", "073634.380000", "073635.540000", "073636.700000", "073637.860000", "073639.020000", "073640.180000", "073641.340000", "073642.500000", "073643.660000", "073644.820000", "073645.980000", "073647.140000", "073648.300000", "073649.460000", "073650.620000", "073651.780000", "073652.940000", "073654.100000", "073655.260000", "073656.420000", "073657.580000", "073658.740000", "073659.900000", "073701.060000", "073702.220000", "073703.380000", "073704.540000", "073705.700000", "073706.860000", "073708.020000", "073709.180000", "073710.340000", "073711.500000", "073712.660000", "073713.820000", "073714.980000", "073716.140000", "073717.300000", "073718.460000", "073719.620000", "073720.780000", "073721.940000", "073723.100000", "073724.260000", "073725.420000", "073726.580000", "073727.740000", "073728.900000", "073730.060000", "073731.220000", "073732.380000", "073733.540000", "073734.700000", "073735.860000", "073737.020000", "073738.180000", "073739.340000", "073740.500000", "073741.660000", "073742.820000", "073743.980000", "073745.140000", "073746.300000", "073747.460000", "073748.622500", "073749.782500", "073750.942500", "073752.102500", "073753.262500", "073754.422500", "073755.582500", "073756.742500", "073757.902500", "073759.062500", "073800.222500", "073801.382500", "073802.542500", "073803.702500", "073804.862500", "073806.022500", "073807.182500", "073808.342500", "073809.502500", "073810.662500", "073811.822500", "073812.982500", "073814.142500", "073815.302500", "073816.462500", "073817.622500", "073818.782500", "073819.942500", "073821.102500", "073822.262500", "073823.422500", "073824.582500", "073825.742500", "073826.902500", "073828.062500", "073829.222500", "073830.382500", "073831.542500", "073832.702500", "073833.862500", "073835.022500", "073836.182500", "073837.342500", "073838.502500", "073839.662500", "073840.822500", "073841.982500", "073843.142500", "073844.302500", "073845.462500", "073846.622500", "073847.782500", "073848.942500", "073850.102500", "073851.262500", "073852.422500", "073853.582500", "073854.742500", "073855.902500", "073857.062500", "073858.222500", "073859.382500", "073900.542500", "073901.702500", "073902.862500", "073904.022500", "073905.182500", "073906.342500", "073907.502500", "073908.662500", "073909.822500", "073910.982500", "073912.142500", "073913.302500", "073914.462500", "073915.622500", "073916.782500", "073917.942500", "073919.102500", "073920.262500", "073921.422500", "073922.582500", "073923.742500", "073924.902500", "073926.062500", "073927.222500", "073928.382500", "073929.542500", "073930.702500", "073931.862500", "073933.022500", "073934.182500", "073935.342500", "073936.502500", "073937.662500", "073938.822500", "073939.982500", "073941.142500", "073942.302500", "073943.462500", "073944.622500", "073945.782500", "073946.942500", "073948.102500", "073949.262500", "073950.422500", "073951.582500", "073952.742500", "073953.902500", "073955.062500", "073956.222500", "073957.382500", "073958.542500", "073959.702500", "074000.862500", "074002.022500", "074003.182500", "074004.342500", "074005.502500", "074006.662500", "074007.822500", "074008.982500", "074010.142500", "074011.302500", "074012.462500", "074013.622500", "074014.782500", "074015.942500", "074017.102500", "074018.262500", "074019.422500", "074020.582500", "074021.742500", "074022.902500", "074024.062500", "074025.222500", "074026.382500", "074027.542500", "074028.702500", "074029.862500", "074031.022500", "074032.182500", "074033.342500", "074034.502500", "074035.662500", "074036.822500", "074037.982500", "074039.142500", "074040.302500", "074041.462500", "074042.622500", "074043.782500", "074044.942500", "074046.102500", "074047.262500", "074048.422500", "074049.582500", "074050.742500", "074051.902500", "074053.062500", "074054.222500", "074055.382500", "074056.542500", "074057.702500", "074058.862500", "074100.022500", "074101.182500", "074102.342500", "074103.502500", "074104.662500", "074105.822500", "074106.982500", "074108.142500", "074109.302500", "074110.462500", "074111.622500", "074112.782500", "074113.942500", "074115.102500", "074116.262500", "074117.422500", "074118.582500", "074119.742500", "074120.902500", "074122.062500", "074123.222500", "074124.382500", "074125.542500", "074126.702500", "074127.862500", "074129.022500", "074130.182500", "074131.342500", "074132.502500", "074133.662500", "074134.822500", "074135.982500", "074137.142500", "074138.302500", "074139.462500", "074140.622500", "074141.782500", "074142.942500", "074144.102500", "074145.262500", "074146.422500", "074147.582500", "074148.742500", "074149.902500", "074151.062500", "074152.222500", "074153.382500", "074154.542500", "074155.702500", "074156.862500", "074158.022500", "074159.182500", "074200.342500", "074201.502500", "074202.662500", "074203.822500", "074204.982500", "074206.142500", "074207.302500", "074208.462500", "074209.622500", "074210.782500", "074211.942500", "074213.102500", "074214.262500", "074215.422500", "074216.582500", "074217.742500", "074218.902500", "074220.062500", "074221.222500", "074222.382500", "074223.542500", "074224.702500", "074225.862500", "074227.022500", "074228.182500", "074229.342500", "074230.502500", "074231.662500", "074232.822500", "074233.982500", "074235.142500", "074236.302500", "074237.462500", "074238.625000", "074239.785000", "074240.945000", "074242.105000", "074243.265000", "074244.425000", "074245.585000", "074246.745000", "074247.905000", "074249.065000", "074250.225000", "074251.385000", "074252.545000", "074253.705000", "074254.865000", "074256.025000", "074257.185000", "074258.345000", "074259.505000", "074300.665000", "074301.825000", "074302.985000", "074304.145000", "074305.305000", "074306.465000", "074307.625000", "074308.785000", "074309.945000", "074311.105000", "074312.265000", "074313.425000", "074314.585000", "074315.745000", "074316.905000", "074318.065000", "074319.225000", "074320.385000", "074321.545000", "074322.705000", "074323.865000", "074325.025000", "074326.185000", "074327.345000", "074328.505000", "074329.665000", "074330.825000", "074331.985000", "074333.145000", "074334.305000", "074335.465000", "074336.625000", "074337.785000", "074338.945000", "074340.105000", "074341.265000", "074342.425000", "074343.585000", "074344.745000", "074345.905000", "074347.065000", "074348.225000", "074349.385000", "074350.545000", "074351.705000", "074352.865000", "074354.025000", "074355.185000", "074356.345000", "074357.505000", "074358.665000", "074359.825000", "074400.985000", "074402.145000", "074403.305000", "074404.465000", "074405.625000", "074406.785000", "074407.945000", "074409.105000", "074410.265000", "074411.425000", "074412.585000", "074413.745000", "074414.905000", "074416.065000", "074417.225000", "074418.385000", "074419.545000", "074420.705000", "074421.865000", "074423.025000", "074424.185000", "074425.345000", "074426.505000", "074427.665000", "074428.825000", "074429.985000", "074431.145000", "074432.305000", "074433.465000", "074434.625000", "074435.785000", "074436.945000", "074438.105000", "074439.265000", "074440.425000", "074441.585000", "074442.745000", "074443.905000", "074445.065000", "074446.225000", "074447.385000", "074448.545000", "074449.705000", "074450.865000", "074452.025000", "074453.185000", "074454.345000", "074455.505000", "074456.665000", "074457.825000", "074458.985000", "074500.145000", "074501.305000", "074502.465000", "074503.625000", "074504.785000", "074505.945000", "074507.105000", "074508.265000", "074509.425000", "074510.585000", "074511.745000", "074512.905000", "074514.065000", "074515.225000", "074516.385000", "074517.545000", "074518.705000", "074519.865000", "074521.025000", "074522.185000", "074523.345000", "074524.505000", "074525.665000", "074526.825000", "074527.985000", "074529.145000", "074530.305000", "074531.465000", "074532.625000", "074533.785000", "074534.945000", "074536.105000", "074537.265000", "074538.425000", "074539.585000", "074540.745000", "074541.905000", "074543.065000", "074544.225000", "074545.385000", "074546.545000", "074547.705000", "074548.865000", "074550.025000", "074551.185000", "074552.345000", "074553.505000", "074554.665000", "074555.825000", "074556.985000", "074558.145000", "074559.305000", "074600.465000", "074601.625000"], "ContentTime": ["073647.264000", "073647.268000", "073647.272000", "073647.276000", "073647.280000", "073647.284000", "073647.288000", "073647.292000", "073647.296000", "073647.300000", "073647.304000", "073647.308000", "073647.312000", "073647.316000", "073647.320000", "073647.323000", "073647.327000", "073647.331000", "073647.335000", "073647.338000", "073647.342000", "073647.346000", "073647.349000", "073647.353000", "073647.357000", "073647.361000", "073647.365000", "073647.368000", "073647.372000", "073647.381000", "073647.385000", "073647.389000", "073647.392000", "073647.396000", "073647.400000", "073707.200000", "073707.218000", "073707.223000", "073707.226000", "073707.231000", "073707.235000", "073707.239000", "073707.243000", "073707.247000", "073707.251000", "073707.254000", "073707.258000", "073707.262000", "073707.267000", "073707.271000", "073707.277000", "073707.281000", "073707.286000", "073707.290000", "073707.294000", "073747.202000", "073747.206000", "073747.211000", "073747.214000", "073747.218000", "073747.222000", "073747.226000", "073747.230000", "073747.234000", "073747.238000", "073747.242000", "073747.246000", "073747.249000", "073747.253000", "073747.257000", "073747.261000", "073747.265000", "073747.269000", "073747.273000", "073747.277000", "073747.281000", "073747.285000", "073747.289000", "073747.293000", "073747.297000", "073747.301000", "073747.305000", "073747.309000", "073747.313000", "073747.317000", "073747.325000", "073747.329000", "073747.333000", "073747.337000", "073827.200000", "073827.205000", "073827.209000", "073827.213000", "073827.217000", "073827.221000", "073827.224000", "073827.228000", "073827.232000", "073827.236000", "073827.240000", "073827.244000", "073827.248000", "073827.252000", "073827.255000", "073827.259000", "073827.263000", "073827.267000", "073827.271000", "073827.275000", "073827.278000", "073827.282000", "073827.287000", "073827.291000", "073827.295000", "073827.299000", "073827.303000", "073827.306000", "073827.310000", "073827.314000", "073827.318000", "073827.322000", "073827.325000", "073827.329000", "073827.333000", "073907.199000", "073907.204000", "073907.219000", "073907.223000", "073907.227000", "073907.231000", "073907.234000", "073907.238000", "073907.242000", "073907.246000", "073907.250000", "073907.254000", "073907.258000", "073907.262000", "073907.266000", "073907.270000", "073907.274000", "073907.277000", "073907.281000", "073907.285000", "073907.289000", "073907.293000", "073907.297000", "073907.301000", "073907.306000", "073907.310000", "073907.314000", "073907.317000", "073907.321000", "073907.326000", "073907.330000", "073907.334000", "073907.338000", "073907.341000", "073947.201000", "073947.206000", "073947.209000", "073947.213000", "073947.217000", "073947.221000", "073947.225000", "073947.229000", "073947.233000", "073947.237000", "073947.241000", "073947.245000", "073947.248000", "073947.252000", "073947.257000", "073947.261000", "073947.265000", "073947.269000", "073947.273000", "073947.277000", "073947.281000", "073947.285000", "073947.289000", "073947.293000", "073947.297000", "073947.301000", "073947.305000", "073947.309000", "073947.313000", "073947.316000", "073947.320000", "073947.324000", "073947.328000", "073947.332000", "073947.336000", "074027.201000", "074027.206000", "074027.209000", "074027.213000", "074027.217000", "074027.221000", "074027.225000", "074027.229000", "074027.233000", "074027.237000", "074027.241000", "074027.245000", "074027.249000", "074027.253000", "074027.256000", "074027.260000", "074027.264000", "074027.268000", "074027.272000", "074027.276000", "074027.280000", "074027.284000", "074027.287000", "074027.291000", "074027.295000", "074027.299000", "074027.304000", "074027.308000", "074027.312000", "074027.316000", "074027.334000", "074027.338000", "074027.342000", "074027.346000", "074107.199000", "074107.204000", "074107.208000", "074107.211000", "074107.215000", "074107.219000", "074107.223000", "074107.227000", "074107.231000", "074107.235000", "074107.239000", "074107.243000", "074107.247000", "074107.251000", "074107.255000", "074107.259000", "074107.263000", "074107.267000", "074107.271000", "074107.275000", "074107.279000", "074107.283000", "074107.287000", "074107.291000", "074107.295000", "074107.299000", "074107.303000", "074107.307000", "074107.311000", "074107.315000", "074107.319000", "074107.323000", "074107.327000", "074107.331000", "074107.335000", "074127.201000", "074127.205000", "074127.209000", "074127.213000", "074127.217000", "074127.221000", "074127.225000", "074127.229000", "074127.233000", "074127.236000", "074127.241000", "074127.245000", "074127.249000", "074127.252000", "074127.256000", "074127.260000", "074127.264000", "074207.200000", "074207.205000", "074207.208000", "074207.212000", "074207.216000", "074207.220000", "074207.224000", "074207.228000", "074207.232000", "074207.236000", "074207.240000", "074207.243000", "074207.247000", "074207.251000", "074207.255000", "074207.259000", "074207.263000", "074207.267000", "074207.270000", "074207.275000", "074207.278000", "074207.282000", "074207.286000", "074207.290000", "074207.294000", "074207.298000", "074207.302000", "074207.306000", "074207.309000", "074207.313000", "074207.317000", "074207.321000", "074207.325000", "074207.328000", "074207.332000", "074247.201000", "074247.206000", "074247.210000", "074247.214000", "074247.218000", "074247.223000", "074247.227000", "074247.231000", "074247.236000", "074247.240000", "074247.245000", "074247.249000", "074247.253000", "074247.257000", "074247.261000", "074247.266000", "074247.269000", "074247.273000", "074247.277000", "074247.281000", "074247.284000", "074247.288000", "074247.291000", "074247.295000", "074247.299000", "074247.302000", "074247.306000", "074247.310000", "074247.313000", "074247.317000", "074247.321000", "074247.325000", "074247.329000", "074247.332000", "074327.199000", "074327.203000", "074327.207000", "074327.212000", "074327.216000", "074327.220000", "074327.224000", "074327.228000", "074327.233000", "074327.238000", "074327.242000", "074327.246000", "074327.250000", "074327.255000", "074327.259000", "074327.263000", "074327.268000", "074327.272000", "074327.276000", "074327.280000", "074327.285000", "074327.289000", "074327.293000", "074327.297000", "074327.302000", "074327.306000", "074327.311000", "074327.315000", "074327.319000", "074327.324000", "074327.328000", "074327.331000", "074327.335000", "074327.339000", "074327.343000", "074407.199000", "074407.203000", "074407.207000", "074407.211000", "074407.215000", "074407.219000", "074407.223000", "074407.227000", "074407.231000", "074407.236000", "074407.240000", "074407.246000", "074407.250000", "074407.254000", "074407.259000", "074407.263000", "074407.267000", "074407.271000", "074407.275000", "074407.279000", "074407.284000", "074407.288000", "074407.292000", "074407.296000", "074407.301000", "074407.305000", "074407.309000", "074407.320000", "074407.325000", "074407.329000", "074407.334000", "074407.338000", "074407.342000", "074407.346000", "074447.202000", "074447.206000", "074447.210000", "074447.214000", "074447.218000", "074447.222000", "074447.226000", "074447.230000", "074447.234000", "074447.238000", "074447.242000", "074447.246000", "074447.250000", "074447.254000", "074447.258000", "074447.262000", "074447.266000", "074447.270000", "074447.275000", "074447.279000", "074447.284000", "074447.288000", "074447.293000", "074447.297000", "074447.301000", "074447.306000", "074447.310000", "074447.314000", "074447.319000", "074447.323000", "074447.327000", "074447.332000", "074447.336000", "074447.340000", "074447.344000", "074527.200000", "074527.205000", "074527.209000", "074527.212000", "074527.216000", "074527.220000", "074527.224000", "074527.228000", "074527.232000", "074527.236000", "074527.240000", "074527.244000", "074527.248000", "074527.251000", "074527.255000", "074527.259000", "074527.263000", "074527.267000", "074527.271000", "074527.275000", "074527.280000", "074527.284000", "074527.288000", "074527.292000", "074527.296000", "074527.300000", "074527.304000", "074527.308000", "074527.312000", "074527.316000", "074527.320000", "074527.324000", "074527.328000", "074527.332000", "074603.665000", "074603.669000", "074603.673000", "074603.677000", "074603.681000", "074603.685000", "074603.689000", "074603.693000", "074603.697000", "074603.701000", "074603.704000", "074603.708000", "074603.712000", "074603.716000", "074603.719000", "074603.723000", "074603.727000", "074603.730000", "074603.734000", "074603.738000", "074603.742000", "074603.745000", "074603.749000", "074603.753000", "074603.757000", "074603.760000", "074603.764000", "074603.768000", "074603.771000", "074603.775000", "074603.779000", "074603.783000"], "InstanceCreationTime": ["073647.264000", "073647.268000", "073647.272000", "073647.276000", "073647.280000", "073647.284000", "073647.288000", "073647.292000", "073647.296000", "073647.300000", "073647.304000", "073647.308000", "073647.312000", "073647.316000", "073647.320000", "073647.323000", "073647.327000", "073647.331000", "073647.335000", "073647.338000", "073647.342000", "073647.346000", "073647.349000", "073647.353000", "073647.357000", "073647.361000", "073647.365000", "073647.368000", "073647.372000", "073647.381000", "073647.385000", "073647.389000", "073647.392000", "073647.396000", "073647.400000", "073707.200000", "073707.218000", "073707.223000", "073707.226000", "073707.231000", "073707.235000", "073707.239000", "073707.243000", "073707.247000", "073707.251000", "073707.254000", "073707.258000", "073707.262000", "073707.267000", "073707.271000", "073707.277000", "073707.281000", "073707.286000", "073707.290000", "073707.294000", "073747.202000", "073747.206000", "073747.211000", "073747.214000", "073747.218000", "073747.222000", "073747.226000", "073747.230000", "073747.234000", "073747.238000", "073747.242000", "073747.246000", "073747.249000", "073747.253000", "073747.257000", "073747.261000", "073747.265000", "073747.269000", "073747.273000", "073747.277000", "073747.281000", "073747.285000", "073747.289000", "073747.293000", "073747.297000", "073747.301000", "073747.305000", "073747.309000", "073747.313000", "073747.317000", "073747.325000", "073747.329000", "073747.333000", "073747.337000", "073827.200000", "073827.205000", "073827.209000", "073827.213000", "073827.217000", "073827.221000", "073827.224000", "073827.228000", "073827.232000", "073827.236000", "073827.240000", "073827.244000", "073827.248000", "073827.252000", "073827.255000", "073827.259000", "073827.263000", "073827.267000", "073827.271000", "073827.275000", "073827.278000", "073827.282000", "073827.287000", "073827.291000", "073827.295000", "073827.299000", "073827.303000", "073827.306000", "073827.310000", "073827.314000", "073827.318000", "073827.322000", "073827.325000", "073827.329000", "073827.333000", "073907.199000", "073907.204000", "073907.219000", "073907.223000", "073907.227000", "073907.231000", "073907.234000", "073907.238000", "073907.242000", "073907.246000", "073907.250000", "073907.254000", "073907.258000", "073907.262000", "073907.266000", "073907.270000", "073907.274000", "073907.277000", "073907.281000", "073907.285000", "073907.289000", "073907.293000", "073907.297000", "073907.301000", "073907.306000", "073907.310000", "073907.314000", "073907.317000", "073907.321000", "073907.326000", "073907.330000", "073907.334000", "073907.338000", "073907.341000", "073947.201000", "073947.206000", "073947.209000", "073947.213000", "073947.217000", "073947.221000", "073947.225000", "073947.229000", "073947.233000", "073947.237000", "073947.241000", "073947.245000", "073947.248000", "073947.252000", "073947.257000", "073947.261000", "073947.265000", "073947.269000", "073947.273000", "073947.277000", "073947.281000", "073947.285000", "073947.289000", "073947.293000", "073947.297000", "073947.301000", "073947.305000", "073947.309000", "073947.313000", "073947.316000", "073947.320000", "073947.324000", "073947.328000", "073947.332000", "073947.336000", "074027.201000", "074027.206000", "074027.209000", "074027.213000", "074027.217000", "074027.221000", "074027.225000", "074027.229000", "074027.233000", "074027.237000", "074027.241000", "074027.245000", "074027.249000", "074027.253000", "074027.256000", "074027.260000", "074027.264000", "074027.268000", "074027.272000", "074027.276000", "074027.280000", "074027.284000", "074027.287000", "074027.291000", "074027.295000", "074027.299000", "074027.304000", "074027.308000", "074027.312000", "074027.316000", "074027.334000", "074027.338000", "074027.342000", "074027.346000", "074107.199000", "074107.204000", "074107.208000", "074107.211000", "074107.215000", "074107.219000", "074107.223000", "074107.227000", "074107.231000", "074107.235000", "074107.239000", "074107.243000", "074107.247000", "074107.251000", "074107.255000", "074107.259000", "074107.263000", "074107.267000", "074107.271000", "074107.275000", "074107.279000", "074107.283000", "074107.287000", "074107.291000", "074107.295000", "074107.299000", "074107.303000", "074107.307000", "074107.311000", "074107.315000", "074107.319000", "074107.323000", "074107.327000", "074107.331000", "074107.335000", "074127.201000", "074127.205000", "074127.209000", "074127.213000", "074127.217000", "074127.221000", "074127.225000", "074127.229000", "074127.233000", "074127.236000", "074127.241000", "074127.245000", "074127.249000", "074127.252000", "074127.256000", "074127.260000", "074127.264000", "074207.200000", "074207.205000", "074207.208000", "074207.212000", "074207.216000", "074207.220000", "074207.224000", "074207.228000", "074207.232000", "074207.236000", "074207.240000", "074207.243000", "074207.247000", "074207.251000", "074207.255000", "074207.259000", "074207.263000", "074207.267000", "074207.270000", "074207.275000", "074207.278000", "074207.282000", "074207.286000", "074207.290000", "074207.294000", "074207.298000", "074207.302000", "074207.306000", "074207.309000", "074207.313000", "074207.317000", "074207.321000", "074207.325000", "074207.328000", "074207.332000", "074247.201000", "074247.206000", "074247.210000", "074247.214000", "074247.218000", "074247.223000", "074247.227000", "074247.231000", "074247.236000", "074247.240000", "074247.245000", "074247.249000", "074247.253000", "074247.257000", "074247.261000", "074247.266000", "074247.269000", "074247.273000", "074247.277000", "074247.281000", "074247.284000", "074247.288000", "074247.291000", "074247.295000", "074247.299000", "074247.302000", "074247.306000", "074247.310000", "074247.313000", "074247.317000", "074247.321000", "074247.325000", "074247.329000", "074247.332000", "074327.199000", "074327.203000", "074327.207000", "074327.212000", "074327.216000", "074327.220000", "074327.224000", "074327.228000", "074327.233000", "074327.238000", "074327.242000", "074327.246000", "074327.250000", "074327.255000", "074327.259000", "074327.263000", "074327.268000", "074327.272000", "074327.276000", "074327.280000", "074327.285000", "074327.289000", "074327.293000", "074327.297000", "074327.302000", "074327.306000", "074327.311000", "074327.315000", "074327.319000", "074327.324000", "074327.328000", "074327.331000", "074327.335000", "074327.339000", "074327.343000", "074407.199000", "074407.203000", "074407.207000", "074407.211000", "074407.215000", "074407.219000", "074407.223000", "074407.227000", "074407.231000", "074407.236000", "074407.240000", "074407.246000", "074407.250000", "074407.254000", "074407.259000", "074407.263000", "074407.267000", "074407.271000", "074407.275000", "074407.279000", "074407.284000", "074407.288000", "074407.292000", "074407.296000", "074407.301000", "074407.305000", "074407.309000", "074407.320000", "074407.325000", "074407.329000", "074407.334000", "074407.338000", "074407.342000", "074407.346000", "074447.202000", "074447.206000", "074447.210000", "074447.214000", "074447.218000", "074447.222000", "074447.226000", "074447.230000", "074447.234000", "074447.238000", "074447.242000", "074447.246000", "074447.250000", "074447.254000", "074447.258000", "074447.262000", "074447.266000", "074447.270000", "074447.275000", "074447.279000", "074447.284000", "074447.288000", "074447.293000", "074447.297000", "074447.301000", "074447.306000", "074447.310000", "074447.314000", "074447.319000", "074447.323000", "074447.327000", "074447.332000", "074447.336000", "074447.340000", "074447.344000", "074527.200000", "074527.205000", "074527.209000", "074527.212000", "074527.216000", "074527.220000", "074527.224000", "074527.228000", "074527.232000", "074527.236000", "074527.240000", "074527.244000", "074527.248000", "074527.251000", "074527.255000", "074527.259000", "074527.263000", "074527.267000", "074527.271000", "074527.275000", "074527.280000", "074527.284000", "074527.288000", "074527.292000", "074527.296000", "074527.300000", "074527.304000", "074527.308000", "074527.312000", "074527.316000", "074527.320000", "074527.324000", "074527.328000", "074527.332000", "074603.665000", "074603.669000", "074603.673000", "074603.677000", "074603.681000", "074603.685000", "074603.689000", "074603.693000", "074603.697000", "074603.701000", "074603.704000", "074603.708000", "074603.712000", "074603.716000", "074603.719000", "074603.723000", "074603.727000", "074603.730000", "074603.734000", "074603.738000", "074603.742000", "074603.745000", "074603.749000", "074603.753000", "074603.757000", "074603.760000", "074603.764000", "074603.768000", "074603.771000", "074603.775000", "074603.779000", "074603.783000"], "InstanceNumber": [1, 2, 3, 4, 5, 6, 7, 8, 9, 10, 11, 12, 13, 14, 15, 16, 17, 18, 19, 20, 21, 22, 23, 24, 25, 26, 27, 28, 29, 30, 31, 32, 33, 34, 35, 36, 37, 38, 39, 40, 41, 42, 43, 44, 45, 46, 47, 48, 49, 50, 51, 52, 53, 54, 55, 56, 57, 58, 59, 60, 61, 62, 63, 64, 65, 66, 67, 68, 69, 70, 71, 72, 73, 74, 75, 76, 77, 78, 79, 80, 81, 82, 83, 84, 85, 86, 87, 88, 89, 90, 91, 92, 93, 94, 95, 96, 97, 98, 99, 100, 101, 102, 103, 104, 105, 106, 107, 108, 109, 110, 111, 112, 113, 114, 115, 116, 117, 118, 119, 120, 121, 122, 123, 124, 125, 126, 127, 128, 129, 130, 131, 132, 133, 134, 135, 136, 137, 138, 139, 140, 141, 142, 143, 144, 145, 146, 147, 148, 149, 150, 151, 152, 153, 154, 155, 156, 157, 158, 159, 160, 161, 162, 163, 164, 165, 166, 167, 168, 169, 170, 171, 172, 173, 174, 175, 176, 177, 178, 179, 180, 181, 182, 183, 184, 185, 186, 187, 188, 189, 190, 191, 192, 193, 194, 195, 196, 197, 198, 199, 200, 201, 202, 203, 204, 205, 206, 207, 208, 209, 210, 211, 212, 213, 214, 215, 216, 217, 218, 219, 220, 221, 222, 223, 224, 225, 226, 227, 228, 229, 230, 231, 232, 233, 234, 235, 236, 237, 238, 239, 240, 241, 242, 243, 244, 245, 246, 247, 248, 249, 250, 251, 252, 253, 254, 255, 256, 257, 258, 259, 260, 261, 262, 263, 264, 265, 266, 267, 268, 269, 270, 271, 272, 273, 274, 275, 276, 277, 278, 279, 280, 281, 282, 283, 284, 285, 286, 287, 288, 289, 290, 291, 292, 293, 294, 295, 296, 297, 298, 299, 300, 301, 302, 303, 304, 305, 306, 307, 308, 309, 310, 311, 312, 313, 314, 315, 316, 317, 318, 319, 320, 321, 322, 323, 324, 325, 326, 327, 328, 329, 330, 331, 332, 333, 334, 335, 336, 337, 338, 339, 340, 341, 342, 343, 344, 345, 346, 347, 348, 349, 350, 351, 352, 353, 354, 355, 356, 357, 358, 359, 360, 361, 362, 363, 364, 365, 366, 367, 368, 369, 370, 371, 372, 373, 374, 375, 376, 377, 378, 379, 380, 381, 382, 383, 384, 385, 386, 387, 388, 389, 390, 391, 392, 393, 394, 395, 396, 397, 398, 399, 400, 401, 402, 403, 404, 405, 406, 407, 408, 409, 410, 411, 412, 413, 414, 415, 416, 417, 418, 419, 420, 421, 422, 423, 424, 425, 426, 427, 428, 429, 430, 431, 432, 433, 434, 435, 436, 437, 438, 439, 440, 441, 442, 443, 444, 445, 446, 447, 448, 449, 450, 451, 452, 453, 454, 455, 456, 457, 458, 459, 460, 461, 462, 463, 464, 465, 466, 467, 468, 469, 470, 471, 472, 473, 474, 475, 476, 477, 478, 479, 480, 481, 482, 483, 484, 485, 486, 487, 488, 489, 490, 491, 492, 493, 494, 495, 496, 497, 498, 499, 500, 501, 502, 503, 504, 505, 506, 507, 508, 509, 510, 511, 512, 513, 514, 515, 516, 517, 518], "LargestImagePixelValue": [34692, 43756, 44642, 33899, 42069, 32894, 41894, 35881, 31453, 40375, 41812, 34601, 41196, 31682, 48655, 37935, 42298, 34963, 47104, 38809, 34604, 42716, 41188, 39932, 34738, 45090, 30117, 42677, 37598, 37094, 35235, 33308, 43088, 40623, 46178, 38866, 51252, 48092, 43000, 45683, 43584, 46913, 42737, 44676, 37144, 31730, 48446, 47913, 41709, 45635, 45925, 35954, 30734, 41885, 35216, 40091, 32483, 53238, 36420, 41311, 43557, 35114, 51601, 37966, 36205, 38325, 43881, 48485, 35934, 33735, 44399, 38896, 39315, 46614, 39717, 43203, 40668, 40596, 33005, 42786, 52987, 34831, 38171, 43630, 37857, 38827, 45391, 36002, 41557, 35470, 40314, 40705, 40922, 30321, 42700, 36072, 40878, 43813, 38250, 32573, 51666, 37681, 46431, 40174, 49151, 39058, 43137, 36521, 41422, 41675, 36316, 31342, 44786, 31592, 38729, 48600, 39348, 46206, 42650, 44801, 46043, 35503, 30487, 50063, 37095, 40450, 47734, 42392, 40489, 46591, 42349, 46235, 37695, 40088, 48441, 34440, 47057, 42367, 41882, 32480, 42699, 50169, 34406, 46741, 35115, 49760, 39517, 31975, 52605, 37227, 42532, 34257, 51799, 36844, 29621, 43987, 41301, 39351, 35655, 45341, 40291, 43530, 45532, 43836, 49751, 37754, 30923, 41421, 47624, 44723, 32244, 37578, 40176, 44322, 31656, 44204, 45092, 41327, 43547, 47999, 39496, 31328, 41101, 48148, 34230, 45069, 42003, 48756, 38714, 42488, 40609, 44147, 40985, 35394, 30569, 39055, 33903, 45064, 40273, 41562, 46503, 38422, 38714, 41168, 50247, 39002, 47018, 34610, 50989, 35441, 40566, 32646, 45484, 37820, 36451, 41527, 48639, 40493, 42256, 32046, 44661, 40814, 40186, 46632, 38361, 41558, 47125, 45040, 32791, 30654, 39742, 47848, 35890, 41632, 44600, 42535, 37873, 44945, 44435, 44377, 33214, 43013, 35583, 42617, 41799, 36665, 31209, 46292, 29798, 30744, 42828, 45394, 37336, 43557, 46360, 38395, 46577, 36215, 41919, 52399, 39962, 40432, 30298, 40899, 43999, 48199, 32664, 41721, 33074, 44694, 42334, 30132, 42949, 36652, 41467, 48788, 36076, 34252, 39199, 42431, 50946, 38916, 45892, 33726, 42430, 51851, 36951, 42546, 46129, 42921, 47324, 38043, 43270, 35363, 41915, 48278, 37424, 32973, 48489, 42542, 41793, 43225, 34681, 44432, 32690, 40507, 39161, 40653, 45090, 35381, 31047, 35657, 44624, 39140, 39561, 33802, 49207, 32820, 45351, 40564, 50867, 39706, 30672, 42952, 50938, 39067, 43307, 34385, 33057, 39530, 44002, 38993, 41388, 47220, 30491, 43931, 42788, 41764, 43949, 41642, 35882, 33896, 42594, 50694, 40022, 43938, 35798, 43070, 48537, 43027, 38643, 31834, 47599, 40670, 29759, 42654, 46883, 36406, 46144, 35742, 40952, 37611, 41373, 50165, 39003, 32942, 42832, 51512, 38872, 46977, 41482, 32182, 43186, 42346, 43453, 48729, 37803, 32557, 43842, 31514, 42328, 34129, 47070, 35010, 31068, 43721, 48079, 36389, 43228, 47633, 40610, 46175, 48637, 37565, 40459, 31867, 43421, 39818, 44099, 42446, 42622, 45698, 47055, 33867, 43355, 33747, 41754, 35799, 42579, 45263, 45767, 50306, 36321, 40305, 46696, 31565, 48570, 31069, 34603, 32768, 42237, 48887, 36442, 46463, 33803, 45078, 42925, 38786, 32603, 50850, 40709, 44670, 36802, 41723, 52059, 42148, 31161, 33282, 42964, 43708, 39720, 33537, 46333, 39756, 31602, 45056, 39480, 41995, 41533, 34182, 46381, 35457, 42304, 50597, 40312, 41353, 46899, 45635, 34594, 45002, 36626, 32803, 42849, 42252, 35976, 42787, 46624, 34124, 41617, 44348, 36338, 45976, 36520, 43135, 38963, 43383, 43817, 45563, 39240, 30351, 36889, 39943, 45562, 34573, 44861, 39599, 31304, 43601, 36424, 42946, 32542, 33128, 43047, 42026, 40475, 45561, 32501, 53288, 41127, 34358, 54114, 35966, 43589, 33508, 50404, 40283, 35432, 52713, 40223, 48001, 41587, 52043, 41122, 36752, 49499, 32011, 35262, 44099], "WindowCenter": [11314.0, 11313.0, 11295.0, 11263.0, 11278.0, 11252.0, 11275.0, 11275.0, 11263.0, 11297.0, 11303.0, 11281.0, 11306.0, 11276.0, 11312.0, 11294.0, 11312.0, 11292.0, 11308.0, 11299.0, 11282.0, 11301.0, 11297.0, 11298.0, 11281.0, 11306.0, 11264.0, 11290.0, 11277.0, 11287.0, 11294.0, 11298.0, 11321.0, 11319.0, 11328.0, 11330.0, 11346.0, 11335.0, 11326.0, 11312.0, 11291.0, 11291.0, 11277.0, 11275.0, 11267.0, 11258.0, 11301.0, 11295.0, 11282.0, 11288.0, 11284.0, 11263.0, 11251.0, 11290.0, 11283.0, 11301.0, 11273.0, 11317.0, 11277.0, 11284.0, 11288.0, 11272.0, 11314.0, 11292.0, 11291.0, 11290.0, 11301.0, 11312.0, 11288.0, 11282.0, 11307.0, 11303.0, 11298.0, 11304.0, 11287.0, 11296.0, 11291.0, 11289.0, 11264.0, 11276.0, 11292.0, 11259.0, 11276.0, 11290.0, 11267.0, 11274.0, 11283.0, 11257.0, 11275.0, 11267.0, 11285.0, 11286.0, 11288.0, 11266.0, 11297.0, 11280.0, 11300.0, 11314.0, 11298.0, 11285.0, 11329.0, 11299.0, 11309.0, 11295.0, 11307.0, 11287.0, 11291.0, 11267.0, 11285.0, 11277.0, 11267.0, 11290.0, 11332.0, 11271.0, 11294.0, 11316.0, 11297.0, 11301.0, 11293.0, 11291.0, 11290.0, 11266.0, 11260.0, 11314.0, 11301.0, 11302.0, 11317.0, 11296.0, 11288.0, 11301.0, 11294.0, 11314.0, 11287.0, 11305.0, 11312.0, 11280.0, 11302.0, 11297.0, 11293.0, 11266.0, 11297.0, 11309.0, 11262.0, 11295.0, 11274.0, 11311.0, 11292.0, 11265.0, 11309.0, 11273.0, 11282.0, 11272.0, 11310.0, 11283.0, 11262.0, 11308.0, 11296.0, 11285.0, 11276.0, 11294.0, 11280.0, 11280.0, 11281.0, 11273.0, 11290.0, 11268.0, 11246.0, 11277.0, 11281.0, 11275.0, 11244.0, 11267.0, 11281.0, 11292.0, 11260.0, 11290.0, 11280.0, 11273.0, 11279.0, 11290.0, 11272.0, 11252.0, 11287.0, 11291.0, 11261.0, 11292.0, 11291.0, 11297.0, 11278.0, 11287.0, 11277.0, 11282.0, 11285.0, 11281.0, 11269.0, 11297.0, 11292.0, 11311.0, 11301.0, 11304.0, 11313.0, 11292.0, 11295.0, 11303.0, 11316.0, 11294.0, 11306.0, 11278.0, 11314.0, 11279.0, 11290.0, 11270.0, 11308.0, 11290.0, 11288.0, 11291.0, 11302.0, 11273.0, 11277.0, 11249.0, 11287.0, 11273.0, 11267.0, 11279.0, 11251.0, 11256.0, 11272.0, 11283.0, 11255.0, 11256.0, 11297.0, 11309.0, 11276.0, 11291.0, 11319.0, 11303.0, 11283.0, 11294.0, 11284.0, 11266.0, 11236.0, 11262.0, 11241.0, 11262.0, 11268.0, 11263.0, 11247.0, 11293.0, 11248.0, 11250.0, 11273.0, 11281.0, 11265.0, 11280.0, 11291.0, 11266.0, 11274.0, 11255.0, 11267.0, 11276.0, 11257.0, 11264.0, 11237.0, 11267.0, 11272.0, 11278.0, 11242.0, 11279.0, 11252.0, 11282.0, 11279.0, 11243.0, 11276.0, 11260.0, 11280.0, 11305.0, 11278.0, 11281.0, 11290.0, 11292.0, 11302.0, 11284.0, 11301.0, 11269.0, 11300.0, 11306.0, 11278.0, 11294.0, 11295.0, 11293.0, 11294.0, 11261.0, 11279.0, 11251.0, 11265.0, 11278.0, 11274.0, 11261.0, 11297.0, 11288.0, 11280.0, 11282.0, 11267.0, 11281.0, 11257.0, 11285.0, 11279.0, 11288.0, 11301.0, 11277.0, 11266.0, 11290.0, 11306.0, 11293.0, 11299.0, 11279.0, 11313.0, 11268.0, 11294.0, 11286.0, 11299.0, 11280.0, 11258.0, 11286.0, 11288.0, 11259.0, 11283.0, 11261.0, 11265.0, 11283.0, 11293.0, 11271.0, 11283.0, 11284.0, 11247.0, 11286.0, 11283.0, 11279.0, 11295.0, 11286.0, 11275.0, 11271.0, 11297.0, 11308.0, 11282.0, 11284.0, 11262.0, 11282.0, 11281.0, 11267.0, 11264.0, 11259.0, 11293.0, 11276.0, 11239.0, 11268.0, 11284.0, 11271.0, 11297.0, 11282.0, 11304.0, 11289.0, 11291.0, 11307.0, 11285.0, 11260.0, 11284.0, 11294.0, 11268.0, 11285.0, 11276.0, 11255.0, 11290.0, 11282.0, 11287.0, 11289.0, 11267.0, 11254.0, 11294.0, 11263.0, 11289.0, 11288.0, 11310.0, 11291.0, 11290.0, 11318.0, 11320.0, 11283.0, 11296.0, 11302.0, 11279.0, 11281.0, 11277.0, 11252.0, 11253.0, 11236.0, 11276.0, 11263.0, 11270.0, 11261.0, 11257.0, 11261.0, 11252.0, 11229.0, 11257.0, 11234.0, 11259.0, 11248.0, 11264.0, 11268.0, 11258.0, 11263.0, 11239.0, 11243.0, 11255.0, 11232.0, 11289.0, 11255.0, 11273.0, 11266.0, 11292.0, 11302.0, 11283.0, 11302.0, 11273.0, 11304.0, 11292.0, 11281.0, 11267.0, 11308.0, 11284.0, 11286.0, 11256.0, 11262.0, 11280.0, 11261.0, 11234.0, 11240.0, 11269.0, 11269.0, 11264.0, 11256.0, 11281.0, 11270.0, 11241.0, 11279.0, 11268.0, 11281.0, 11280.0, 11272.0, 11305.0, 11275.0, 11287.0, 11304.0, 11280.0, 11278.0, 11286.0, 11278.0, 11260.0, 11275.0, 11260.0, 11259.0, 11285.0, 11288.0, 11269.0, 11288.0, 11295.0, 11265.0, 11280.0, 11286.0, 11273.0, 11290.0, 11267.0, 11285.0, 11275.0, 11280.0, 11280.0, 11282.0, 11270.0, 11243.0, 11280.0, 11287.0, 11298.0, 11273.0, 11293.0, 11277.0, 11257.0, 11283.0, 11262.0, 11285.0, 11255.0, 11255.0, 11286.0, 11281.0, 11269.0, 11277.0, 11245.0, 11295.0, 11275.0, 11255.0, 11297.0, 11254.0, 11264.0, 11246.0, 11292.0, 11270.0, 11256.0, 11293.0, 11269.0, 11273.0, 11265.0, 11286.0, 11266.0, 11249.0, 11272.0, 11235.0, 11243.0, 11267.0], "WindowWidth": [24464.0, 24455.0, 24399.0, 24307.0, 24354.0, 24279.0, 24343.0, 24343.0, 24303.0, 24398.0, 24413.0, 24352.0, 24417.0, 24340.0, 24446.0, 24390.0, 24438.0, 24386.0, 24432.0, 24404.0, 24356.0, 24409.0, 24401.0, 24407.0, 24356.0, 24422.0, 24306.0, 24377.0, 24342.0, 24372.0, 24391.0, 24399.0, 24467.0, 24456.0, 24482.0, 24492.0, 24533.0, 24501.0, 24478.0, 24436.0, 24380.0, 24376.0, 24342.0, 24334.0, 24310.0, 24292.0, 24409.0, 24387.0, 24355.0, 24373.0, 24364.0, 24302.0, 24269.0, 24377.0, 24359.0, 24412.0, 24332.0, 24450.0, 24342.0, 24356.0, 24371.0, 24327.0, 24446.0, 24384.0, 24375.0, 24376.0, 24406.0, 24434.0, 24373.0, 24353.0, 24427.0, 24411.0, 24397.0, 24415.0, 24366.0, 24397.0, 24378.0, 24371.0, 24303.0, 24341.0, 24382.0, 24292.0, 24336.0, 24376.0, 24315.0, 24329.0, 24356.0, 24285.0, 24336.0, 24317.0, 24365.0, 24368.0, 24372.0, 24309.0, 24396.0, 24348.0, 24404.0, 24444.0, 24400.0, 24361.0, 24485.0, 24399.0, 24428.0, 24388.0, 24424.0, 24365.0, 24381.0, 24317.0, 24363.0, 24339.0, 24312.0, 24380.0, 24499.0, 24324.0, 24386.0, 24444.0, 24390.0, 24399.0, 24380.0, 24376.0, 24376.0, 24312.0, 24292.0, 24444.0, 24406.0, 24406.0, 24447.0, 24389.0, 24372.0, 24402.0, 24388.0, 24438.0, 24366.0, 24410.0, 24435.0, 24346.0, 24404.0, 24399.0, 24386.0, 24310.0, 24397.0, 24427.0, 24301.0, 24386.0, 24330.0, 24436.0, 24378.0, 24308.0, 24433.0, 24329.0, 24356.0, 24325.0, 24431.0, 24354.0, 24300.0, 24420.0, 24389.0, 24362.0, 24340.0, 24390.0, 24343.0, 24349.0, 24346.0, 24328.0, 24378.0, 24314.0, 24252.0, 24338.0, 24352.0, 24333.0, 24248.0, 24310.0, 24349.0, 24373.0, 24293.0, 24374.0, 24349.0, 24325.0, 24345.0, 24375.0, 24326.0, 24268.0, 24365.0, 24380.0, 24298.0, 24376.0, 24377.0, 24397.0, 24337.0, 24365.0, 24340.0, 24356.0, 24361.0, 24353.0, 24315.0, 24395.0, 24375.0, 24433.0, 24402.0, 24418.0, 24436.0, 24381.0, 24386.0, 24409.0, 24447.0, 24389.0, 24420.0, 24342.0, 24447.0, 24342.0, 24372.0, 24324.0, 24425.0, 24373.0, 24363.0, 24378.0, 24408.0, 24330.0, 24341.0, 24265.0, 24368.0, 24324.0, 24307.0, 24345.0, 24267.0, 24281.0, 24325.0, 24357.0, 24280.0, 24284.0, 24388.0, 24429.0, 24331.0, 24375.0, 24460.0, 24407.0, 24355.0, 24381.0, 24357.0, 24306.0, 24220.0, 24292.0, 24236.0, 24296.0, 24313.0, 24301.0, 24252.0, 24377.0, 24255.0, 24259.0, 24326.0, 24349.0, 24301.0, 24347.0, 24372.0, 24301.0, 24328.0, 24271.0, 24308.0, 24337.0, 24285.0, 24297.0, 24222.0, 24306.0, 24322.0, 24334.0, 24237.0, 24340.0, 24268.0, 24345.0, 24343.0, 24239.0, 24329.0, 24287.0, 24342.0, 24415.0, 24335.0, 24337.0, 24364.0, 24375.0, 24405.0, 24354.0, 24399.0, 24314.0, 24398.0, 24419.0, 24337.0, 24375.0, 24381.0, 24380.0, 24381.0, 24292.0, 24337.0, 24261.0, 24301.0, 24338.0, 24330.0, 24290.0, 24388.0, 24364.0, 24340.0, 24348.0, 24308.0, 24347.0, 24280.0, 24361.0, 24343.0, 24366.0, 24405.0, 24337.0, 24306.0, 24367.0, 24415.0, 24379.0, 24398.0, 24338.0, 24435.0, 24314.0, 24388.0, 24361.0, 24402.0, 24343.0, 24283.0, 24363.0, 24366.0, 24289.0, 24354.0, 24294.0, 24298.0, 24349.0, 24377.0, 24320.0, 24352.0, 24358.0, 24253.0, 24360.0, 24348.0, 24339.0, 24388.0, 24364.0, 24334.0, 24321.0, 24390.0, 24421.0, 24350.0, 24356.0, 24290.0, 24348.0, 24347.0, 24311.0, 24304.0, 24282.0, 24379.0, 24328.0, 24229.0, 24312.0, 24359.0, 24318.0, 24391.0, 24350.0, 24406.0, 24366.0, 24371.0, 24419.0, 24357.0, 24285.0, 24353.0, 24382.0, 24310.0, 24361.0, 24336.0, 24278.0, 24373.0, 24346.0, 24362.0, 24367.0, 24306.0, 24274.0, 24382.0, 24294.0, 24371.0, 24362.0, 24432.0, 24371.0, 24368.0, 24451.0, 24455.0, 24355.0, 24390.0, 24400.0, 24331.0, 24343.0, 24336.0, 24260.0, 24270.0, 24220.0, 24332.0, 24294.0, 24315.0, 24284.0, 24280.0, 24289.0, 24264.0, 24204.0, 24278.0, 24213.0, 24283.0, 24250.0, 24290.0, 24304.0, 24280.0, 24294.0, 24224.0, 24234.0, 24269.0, 24206.0, 24371.0, 24271.0, 24315.0, 24297.0, 24368.0, 24398.0, 24347.0, 24398.0, 24314.0, 24404.0, 24371.0, 24338.0, 24301.0, 24414.0, 24346.0, 24351.0, 24268.0, 24286.0, 24340.0, 24289.0, 24208.0, 24231.0, 24307.0, 24306.0, 24293.0, 24270.0, 24341.0, 24309.0, 24230.0, 24334.0, 24303.0, 24346.0, 24340.0, 24313.0, 24405.0, 24324.0, 24360.0, 24411.0, 24336.0, 24328.0, 24352.0, 24330.0, 24284.0, 24329.0, 24284.0, 24277.0, 24351.0, 24363.0, 24306.0, 24357.0, 24381.0, 24294.0, 24335.0, 24355.0, 24318.0, 24365.0, 24299.0, 24355.0, 24322.0, 24337.0, 24338.0, 24344.0, 24313.0, 24235.0, 24339.0, 24361.0, 24388.0, 24318.0, 24374.0, 24333.0, 24274.0, 24348.0, 24290.0, 24355.0, 24274.0, 24268.0, 24354.0, 24340.0, 24306.0, 24335.0, 24244.0, 24386.0, 24326.0, 24265.0, 24384.0, 24264.0, 24300.0, 24244.0, 24371.0, 24315.0, 24271.0, 24373.0, 24304.0, 24317.0, 24295.0, 24351.0, 24304.0, 24252.0, 24317.0, 24215.0, 24232.0, 24301.0]}, "slices": {}}}