{
    "AcquisitionMatrixPE": 96,
    "AcquisitionNumber": 1,
    "AcquisitionTime": "07:54:43.632500",
    "BandwidthPerPixelPhaseEncode": 33.602,
    "BaseResolution": 96,
    "BodyPartExamined": "BRAIN",
    "ConsistencyInfo": "N4_VD11D_LATEST_20110129",
    "ConversionSoftware": "dcm2niix",
    "ConversionSoftwareVersion": "v1.0.20210317",
    "DerivedVendorReportedEchoSpacing": 0.000620003,
    "DeviceSerialNumber": "45239",
    "DwellTime": 2.6e-06,
    "EchoTime": 0.03,
    "EchoTrainLength": 48,
    "EffectiveEchoSpacing": 0.000310001,
    "FlipAngle": 63,
    "ImageComments": "Unaliased MB4/PE3",
    "ImageOrientationPatientDICOM": [
        0.99865,
        0.0075462,
        0.05139,
        0.0218828,
        0.836173,
        -0.548029
    ],
    "ImageType": [
        "ORIGINAL",
        "PRIMARY",
        "M",
        "ND",
        "NORM",
        "MOSAIC"
    ],
    "ImagingFrequency": 123.193,
    "InPlanePhaseEncodingDirectionDICOM": "COL",
    "InstitutionAddress": "E 24th St. 100,Austin,Southmiddle,US,78712",
    "InstitutionName": "Univ of Texas at Austin",
    "InstitutionalDepartmentName": "IRC",
    "MRAcquisitionType": "2D",
    "MagneticFieldStrength": 3,
    "Manufacturer": "Siemens",
    "ManufacturersModelName": "Skyra",
    "Modality": "MR",
    "MultibandAccelerationFactor": 4,
    "ParallelReductionFactorInPlane": 2,
    "PartialFourier": 1,
    "PatientPosition": "HFS",
    "PercentPhaseFOV": 100,
    "PercentSampling": 100,
    "PhaseEncodingDirection": "j-",
    "PhaseEncodingSteps": 96,
    "PhaseResolution": 1,
    "PixelBandwidth": 2005,
    "ProcedureStepDescription": "Poldrack2^self-scanning",
    "ProtocolName": "N Back fMRI MBEPI_matrix96_BW2004",
    "PulseSequenceDetails": "%CustomerSeq%\\cmrr_mbep2d_bold",
    "ReceiveCoilActiveElements": "HEA;HEP",
    "ReceiveCoilName": "Head_32",
    "ReconMatrixPE": 96,
    "RefLinesPE": 94,
    "RepetitionTime": 1.16,
    "SAR": 0.106833,
    "ScanOptions": "FS",
    "ScanningSequence": "EP",
    "SequenceName": "epfid2d1_96",
    "SequenceVariant": "SK",
    "SeriesDescription": "N Back fMRI MBEPI_matrix96_BW2004",
    "SeriesNumber": 16,
    "ShimSetting": [
        -2776,
        8043,
        -15460,
        146,
        -239,
        68,
        258,
        -123
    ],
    "SliceThickness": 2,
    "SliceTiming": [
        0,
        0.615,
        0.07,
        0.6825,
        0.1375,
        0.7525,
        0.205,
        0.82,
        0.275,
        0.8875,
        0.3425,
        0.955,
        0.41,
        1.025,
        0.4775,
        1.0925,
        0.5475,
        0,
        0.615,
        0.07,
        0.6825,
        0.1375,
        0.7525,
        0.205,
        0.82,
        0.275,
        0.8875,
        0.3425,
        0.955,
        0.41,
        1.025,
        0.4775,
        1.0925,
        0.5475,
        0,
        0.615,
        0.07,
        0.6825,
        0.1375,
        0.7525,
        0.205,
        0.82,
        0.275,
        0.8875,
        0.3425,
        0.955,
        0.41,
        1.025,
        0.4775,
        1.0925,
        0.5475,
        0,
        0.615,
        0.07,
        0.6825,
        0.1375,
        0.7525,
        0.205,
        0.82,
        0.275,
        0.8875,
        0.3425,
        0.955,
        0.41,
        1.025,
        0.4775,
        1.0925,
        0.5475
    ],
    "SoftwareVersions": "syngo MR D11",
    "SpacingBetweenSlices": 2.4,
    "StationName": "AWP45239",
    "TaskName": "N-back task",
    "TotalReadoutTime": 0.0294501,
    "TxRefAmp": 346.21,
    "WipMemBlock": "d6a3961f-f525-44da-9f9b-5a3fcc893eef||Sequence: VD11D r154; May 23 2012 22:27:19 by eja",
    "dcmmeta_affine": [
        [
            -2.39259934425354,
            0.05242747440934181,
            0.11305548995733261,
            110.15347290039062
        ],
        [
            -0.018079442903399467,
            2.0033318996429443,
            -1.3161920309066772,
            -63.60396194458008
        ],
        [
            0.12312179058790207,
            1.3129849433898926,
            2.0037107467651367,
            -103.43972778320312
        ],
        [
            0.0,
            0.0,
            0.0,
            1.0
        ]
    ],
    "dcmmeta_reorient_transform": [
        [
            0.0,
            -1.0,
            0.0,
            95.0
        ],
        [
            1.0,
            0.0,
            0.0,
            0.0
        ],
        [
            0.0,
            0.0,
            1.0,
            0.0
        ],
        [
            0.0,
            0.0,
            0.0,
            1.0
        ]
    ],
    "dcmmeta_shape": [
        96,
        96,
        68,
        380
    ],
    "dcmmeta_slice_dim": 2,
    "dcmmeta_version": 0.6,
    "global": {
        "const": {
            "AcquisitionMatrix": [
                96,
                0,
                0,
                96
            ],
            "AngioFlag": "N",
            "BitsAllocated": 16,
            "BitsStored": 16,
            "BodyPartExamined": "BRAIN",
            "Columns": 864,
            "EchoNumbers": 1,
            "EchoTime": 30.0,
            "EchoTrainLength": 48,
            "FlipAngle": 63.0,
            "HighBit": 15,
            "ImageOrientationPatient": [
                0.99865015202756,
                0.00754620259302,
                0.05138996674204,
                0.0218827726656,
                0.8361733538927,
                -0.5480285270862
            ],
            "ImagePositionPatient": [
                -1054.0243398432,
                -902.93453789313,
                478.20130519797
            ],
            "ImageType": [
                "ORIGINAL",
                "PRIMARY",
                "M",
                "ND",
                "NORM",
                "MOSAIC"
            ],
            "ImagedNucleus": "1H",
            "ImagingFrequency": 123.19336,
            "InPlanePhaseEncodingDirection": "COL",
            "MRAcquisitionType": "2D",
            "MagneticFieldStrength": 3.0,
            "Manufacturer": "SIEMENS",
            "ManufacturerModelName": "Skyra",
            "Modality": "MR",
            "NumberOfAverages": 1.0,
            "NumberOfPhaseEncodingSteps": 96,
            "PercentPhaseFieldOfView": 100.0,
            "PercentSampling": 100.0,
            "PerformedProcedureStepStartTime": "071121.718000",
            "PhotometricInterpretation": "MONOCHROME2",
            "PixelBandwidth": 2005.0,
            "PixelRepresentation": 0,
            "PixelSpacing": [
                2.3958332538605,
                2.3958332538605
            ],
            "ProtocolName": "N Back fMRI MBEPI_matrix96_BW2004",
            "RepetitionTime": 1160.0,
            "Rows": 864,
            "SAR": 0.10683299112422,
            "SamplesPerPixel": 1,
            "ScanOptions": "FS",
            "ScanningSequence": "EP",
            "SequenceName": "epfid2d1_96",
            "SequenceVariant": "SK",
            "SeriesDescription": "N Back fMRI MBEPI_matrix96_BW2004",
            "SeriesNumber": 16,
            "SeriesTime": "075545.750000",
            "SliceLocation": -46.289509744828,
            "SliceThickness": 2.0,
            "SmallestImagePixelValue": 0,
            "SoftwareVersions": "syngo MR D11",
            "SpacingBetweenSlices": 2.4000000167846,
            "SpecificCharacterSet": "ISO_IR 100",
            "StudyID": "1",
            "StudyTime": "071121.640000",
            "TransmitCoilName": "Body",
            "VariableFlipAngleFlag": "N",
            "WindowCenterWidthExplanation": "Algo1",
            "dBdt": 0.0
        },
