{"AcquisitionMatrixPE": 96, "AcquisitionNumber": 1, "AcquisitionTime": "17:24:56.492500", "BaseResolution": 96, "BodyPartExamined": "BRAIN", "ConsistencyInfo": "N4_VD11D_LATEST_20110129", "ConversionSoftware": "dcm2niix", "ConversionSoftwareVersion": "v1.0.20210317", "DeviceSerialNumber": "45239", "DwellTime": 9.2e-06, "EchoNumber": 2, "EchoTime": 0.00738, "EchoTime1": 0.00492, "EchoTime2": 0.00738, "FlipAngle": 50, "ImageOrientationPatientDICOM": [0.999919, -0.011335, 0.00575057, 0.0127103, 0.891725, -0.452398], "ImageType": ["ORIGINAL", "PRIMARY", "P", "ND", "PHASE"], "ImagingFrequency": 123.193, "InPlanePhaseEncodingDirectionDICOM": "COL", "InstitutionAddress": "E 24th St. 100,Austin,Southmiddle,US,78712", "InstitutionName": "Univ of Texas at Austin", "InstitutionalDepartmentName": "IRC", "MRAcquisitionType": "2D", "MagneticFieldStrength": 3, "Manufacturer": "Siemens", "ManufacturersModelName": "Skyra", "Modality": "MR", "MultibandAccelerationFactor": 2, "PartialFourier": 1, "PatientPosition": "HFS", "PercentPhaseFOV": 100, "PercentSampling": 100, "PhaseEncodingDirection": "j-", "PhaseEncodingSteps": 96, "PhaseResolution": 1, "PixelBandwidth": 565, "ProcedureStepDescription": "Poldrack2^self-scanning", "ProtocolName": "gre_field_mapping", "PulseSequenceDetails": "%SiemensSeq%\\gre_field_mapping", "ReceiveCoilActiveElements": "HEA;HEP", "ReceiveCoilName": "Head_32", "ReconMatrixPE": 96, "RepetitionTime": 0.731, "SAR": 0.119457, "ScanningSequence": "GR", "SequenceName": "*fm2d2r", "SequenceVariant": "SP", "SeriesDescription": "gre_field_mapping", "SeriesNumber": 11, "ShimSetting": [-2777, 8039, -15474, 168, -258, 188, 256, -82], "SliceThickness": 2, "SliceTiming": [0.375, 0, 0.375, 0.01562, 0.39062, 0.01562, 0.40625, 0.03125, 0.40625, 0.04688, 0.42188, 0.0625, 0.4375, 0.0625, 0.4375, 0.07812, 0.45312, 0.09375, 0.46875, 0.09375, 0.46875, 0.10938, 0.48438, 0.125, 0.5, 0.125, 0.5, 0.14062, 0.51562, 0.15625, 0.53125, 0.15625, 0.54688, 0.17188, 0.54688, 0.1875, 0.5625, 0.1875, 0.57812, 0.20312, 0.57812, 0.21875, 0.59375, 0.23438, 0.60938, 0.23438, 0.60938, 0.25, 0.625, 0.26562, 0.64062, 0.26562, 0.64062, 0.28125, 0.65625, 0.29688, 0.67188, 0.29688, 0.6875, 0.3125, 0.6875, 0.32812, 0.70312, 0.32812, 0.71875, 0.34375, 0.71875, 0.35938], "SoftwareVersions": "syngo MR D11", "SpacingBetweenSlices": 2.4, "StationName": "AWP45239", "TxRefAmp": 345.363, "dcmmeta_affine": [[-2.395639657974243, 0.03045170195400715, 0.0, 117.8534164428711], [0.02715674787759781, 2.136425495147705, -1.085845947265625, -87.25833892822266], [0.013777416199445724, 1.083870530128479, 2.1403121948242188, -83.85620880126953], [0.0, 0.0, 0.0, 1.0]], "dcmmeta_reorient_transform": [[0.0, -1.0, 0.0, 95.0], [1.0, 0.0, 0.0, 0.0], [0.0, 0.0, -1.0, 67.0], [0.0, 0.0, 0.0, 1.0]], "dcmmeta_shape": [96, 96, 68], "dcmmeta_slice_dim": 2, "dcmmeta_version": 0.6, "global": {"const": {"AcquisitionMatrix": [96, 0, 0, 96], "AcquisitionNumber": 1, "AngioFlag": "N", "BitsAllocated": 16, "BitsStored": 12, "BodyPartExamined": "BRAIN", "Columns": 96, "EchoNumbers": 2, "EchoTime": 7.38, "EchoTrainLength": 0, "FlipAngle": 50.0, "HighBit": 11, "ImageOrientationPatient": [0.99991922118027, -0.011334990643, 0.00575057400221, 0.01271027593061, 0.89172550257107, -0.4523981398615], "ImageType": ["ORIGINAL", "PRIMARY", "P", "ND"], "ImagedNucleus": "1H", "ImagingFrequency": 123.193358, "InPlanePhaseEncodingDirection": "COL", "MRAcquisitionType": "2D", "MagneticFieldStrength": 3.0, "Manufacturer": "SIEMENS", "ManufacturerModelName": "Skyra", "Modality": "MR", "NumberOfAverages": 1.0, "NumberOfPhaseEncodingSteps": 96, "PercentPhaseFieldOfView": 100.0, "PercentSampling": 100.0, "PerformedProcedureStepStartTime": "170201.828000", "PhotometricInterpretation": "MONOCHROME2", "PixelBandwidth": 565.0, "PixelRepresentation": 0, "PixelSpacing": [2.3958332538605, 2.3958332538605], "ProtocolName": "gre_field_mapping", "RepetitionTime": 731.0, "RescaleIntercept": -4096.0, "RescaleSlope": 2.0, "RescaleType": "US", "Rows": 96, "SAR": 0.11945692749057, "SamplesPerPixel": 1, "ScanningSequence": "GR", "SequenceName": "*fm2d2r", "SequenceVariant": "SP", "SeriesDescription": "gre_field_mapping", "SeriesNumber": 11, "SeriesTime": "172717.875000", "SliceThickness": 2.0, "SoftwareVersions": "syngo MR D11", "SpacingBetweenSlices": 2.4, "SpecificCharacterSet": "ISO_IR 100", "StudyID": "1", "StudyTime": "170201.796000", "TransmitCoilName": "Body", "VariableFlipAngleFlag": "N", "WindowCenterWidthExplanation": "Algo1", "dBdt": 0.0}, "slices": {"AcquisitionTime": ["172456.492500", "172456.127500", "172456.502500", "172456.137500", "172456.515000", "172456.147500", "172456.525000", "172456.160000", "172456.535000", "172456.170000", "172456.545000", "172456.180000", "172456.557500", "172456.192500", "172456.567500", "172456.202500", "172456.577500", "172456.212500", "172456.590000", "172456.222500", "172456.600000", "172456.235000", "172456.610000", "172456.245000", "172456.622500", "172456.255000", "172456.632500", "172456.267500", "172456.642500", "172456.277500", "172456.652500", "172456.287500", "172456.665000", "172456.300000", "172456.675000", "172456.310000", "172456.685000", "172456.320000", "172456.697500", "172456.330000", "172456.707500", "172456.342500", "172456.717500", "172456.352500", "172456.730000", "172456.362500", "172456.740000", "172456.375000", "172456.750000", "172456.385000", "172456.760000", "172456.395000", "172456.772500", "172456.407500", "172456.782500", "172456.417500", "172456.792500", "172456.427500", "172456.805000", "172456.437500", "172456.815000", "172456.450000", "172456.825000", "172456.460000", "172456.837500", "172456.470000", "172456.847500", "172456.482500"], "ContentTime": ["172717.968000", "172717.875000", "172717.968000", "172717.890000", "172717.984000", "172717.890000", "172717.984000", "172717.906000", "172717.984000", "172717.906000", "172717.984000", "172717.906000", "172717.984000", "172717.906000", "172717.984000", "172717.906000", "172717.984000", "172717.906000", "172718.000000", "172717.906000", "172718.000000", "172717.906000", "172718.000000", "172717.921000", "172718.000000", "172717.921000", "172718.000000", "172717.921000", "172718.000000", "172717.921000", "172718.000000", "172717.921000", "172718.000000", "172717.937000", "172718.000000", "172717.937000", "172718.015000", "172717.937000", "172718.015000", "172717.937000", "172718.015000", "172717.937000", "172718.015000", "172717.937000", "172718.031000", "172717.937000", "172718.031000", "172717.953000", "172718.031000", "172717.953000", "172718.031000", "172717.953000", "172718.031000", "172717.953000", "172718.046000", "172717.953000", "172718.046000", "172717.953000", "172718.046000", "172717.953000", "172718.046000", "172717.953000", "172718.046000", "172717.968000", "172718.046000", "172717.968000", "172718.062000", "172717.968000"], "CsaImage.GSWDDataType": ["predicted", "predicted", "measured", "predicted", "measured", "predicted", "measured", "predicted", "measured", "predicted", "measured", "predicted", "measured", "predicted", "measured", "predicted", "measured", "predicted", "measured", "predicted", "measured", "predicted", "measured", "predicted", "measured", "predicted", "measured", "predicted", "measured", "predicted", "measured", "predicted", "measured", "predicted", "measured", "predicted", "measured", "predicted", "measured", "predicted", "measured", "predicted", "measured", "predicted", "measured", "predicted", "measured", "predicted", "measured", "predicted", "measured", "predicted", "measured", "predicted", "measured", "predicted", "measured", "predicted", "measured", "predicted", "measured", "predicted", "measured", "predicted", "measured", "predicted", "measured", "predicted"], "CsaImage.ICE_Dims": ["X_2_1_1_1_1_1_35_1_1_1_1_350", "X_2_1_1_1_1_1_1_1_1_2_1_350", "X_2_1_1_1_1_1_36_1_1_3_1_350", "X_2_1_1_1_1_1_2_1_1_4_1_350", "X_2_1_1_1_1_1_37_1_1_5_1_350", "X_2_1_1_1_1_1_3_1_1_6_1_350", "X_2_1_1_1_1_1_38_1_1_7_1_350", "X_2_1_1_1_1_1_4_1_1_8_1_350", "X_2_1_1_1_1_1_39_1_1_9_1_350", "X_2_1_1_1_1_1_5_1_1_10_1_350", "X_2_1_1_1_1_1_40_1_1_11_1_350", "X_2_1_1_1_1_1_6_1_1_12_1_350", "X_2_1_1_1_1_1_41_1_1_13_1_350", "X_2_1_1_1_1_1_7_1_1_14_1_350", "X_2_1_1_1_1_1_42_1_1_15_1_350", "X_2_1_1_1_1_1_8_1_1_16_1_350", "X_2_1_1_1_1_1_43_1_1_17_1_350", "X_2_1_1_1_1_1_9_1_1_18_1_350", "X_2_1_1_1_1_1_44_1_1_19_1_350", "X_2_1_1_1_1_1_10_1_1_20_1_350", "X_2_1_1_1_1_1_45_1_1_21_1_350", "X_2_1_1_1_1_1_11_1_1_22_1_350", "X_2_1_1_1_1_1_46_1_1_23_1_350", "X_2_1_1_1_1_1_12_1_1_24_1_350", "X_2_1_1_1_1_1_47_1_1_25_1_350", "X_2_1_1_1_1_1_13_1_1_26_1_350", "X_2_1_1_1_1_1_48_1_1_27_1_350", "X_2_1_1_1_1_1_14_1_1_28_1_350", "X_2_1_1_1_1_1_49_1_1_29_1_350", "X_2_1_1_1_1_1_15_1_1_30_1_350", "X_2_1_1_1_1_1_50_1_1_31_1_350", "X_2_1_1_1_1_1_16_1_1_32_1_350", "X_2_1_1_1_1_1_51_1_1_33_1_350", "X_2_1_1_1_1_1_17_1_1_34_1_350", "X_2_1_1_1_1_1_52_1_1_35_1_350", "X_2_1_1_1_1_1_18_1_1_36_1_350", "X_2_1_1_1_1_1_53_1_1_37_1_350", "X_2_1_1_1_1_1_19_1_1_38_1_350", "X_2_1_1_1_1_1_54_1_1_39_1_350", "X_2_1_1_1_1_1_20_1_1_40_1_350", "X_2_1_1_1_1_1_55_1_1_41_1_350", "X_2_1_1_1_1_1_21_1_1_42_1_350", "X_2_1_1_1_1_1_56_1_1_43_1_350", "X_2_1_1_1_1_1_22_1_1_44_1_350", "X_2_1_1_1_1_1_57_1_1_45_1_350", "X_2_1_1_1_1_1_23_1_1_46_1_350", "X_2_1_1_1_1_1_58_1_1_47_1_350", "X_2_1_1_1_1_1_24_1_1_48_1_350", "X_2_1_1_1_1_1_59_1_1_49_1_350", "X_2_1_1_1_1_1_25_1_1_50_1_350", "X_2_1_1_1_1_1_60_1_1_51_1_350", "X_2_1_1_1_1_1_26_1_1_52_1_350", "X_2_1_1_1_1_1_61_1_1_53_1_350", "X_2_1_1_1_1_1_27_1_1_54_1_350", "X_2_1_1_1_1_1_62_1_1_55_1_350", "X_2_1_1_1_1_1_28_1_1_56_1_350", "X_2_1_1_1_1_1_63_1_1_57_1_350", "X_2_1_1_1_1_1_29_1_1_58_1_350", "X_2_1_1_1_1_1_64_1_1_59_1_350", "X_2_1_1_1_1_1_30_1_1_60_1_350", "X_2_1_1_1_1_1_65_1_1_61_1_350", "X_2_1_1_1_1_1_31_1_1_62_1_350", "X_2_1_1_1_1_1_66_1_1_63_1_350", "X_2_1_1_1_1_1_32_1_1_64_1_350", "X_2_1_1_1_1_1_67_1_1_65_1_350", "X_2_1_1_1_1_1_33_1_1_66_1_350", "X_2_1_1_1_1_1_68_1_1_67_1_350", "X_2_1_1_1_1_1_34_1_1_68_1_350"], "CsaImage.ProtocolSliceNumber": [0, 1, 2, 3, 4, 5, 6, 7, 8, 9, 10, 11, 12, 13, 14, 15, 16, 17, 18, 19, 20, 21, 22, 23, 24, 25, 26, 27, 28, 29, 30, 31, 32, 33, 34, 35, 36, 37, 38, 39, 40, 41, 42, 43, 44, 45, 46, 47, 48, 49, 50, 51, 52, 53, 54, 55, 56, 57, 58, 59, 60, 61, 62, 63, 64, 65, 66, 67], "CsaImage.RFSWDDataType": ["measured", "predicted", "measured", "predicted", "measured", "predicted", "measured", "predicted", "measured", "predicted", "measured", "predicted", "measured", "predicted", "measured", "predicted", "measured", "predicted", "measured", "predicted", "measured", "predicted", "measured", "predicted", "measured", "predicted", "measured", "predicted", "measured", "predicted", "measured", "predicted", "measured", "predicted", "measured", "predicted", "measured", "predicted", "measured", "predicted", "measured", "predicted", "measured", "predicted", "measured", "predicted", "measured", "predicted", "measured", "predicted", "measured", "predicted", "measured", "predicted", "measured", "predicted", "measured", "predicted", "measured", "predicted", "measured", "predicted", "measured", "predicted", "measured", "predicted", "measured", "measured"], "CsaImage.SlicePosition_PCS": [[-120.7463279, -115.7019215, 19.11136702], [-120.7463279, -114.61607842, 21.25168112], [-120.7463279, -113.53023533, 23.39199523], [-120.7463279, -112.44439129, 25.53230933], [-120.7463279, -111.35854821, 27.67262343], [-120.7463279, -110.27270512, 29.81293753], [-120.7463279, -109.18686203, 31.95325163], [-120.7463279, -108.10101847, 34.09356574], [-120.7463279, -107.01517538, 36.23387888], [-120.7463279, -105.92933182, 38.37419299], [-120.7463279, -104.84348873, 40.51450709], [-120.7463279, -103.75764541, 42.65482119], [-120.7463279, -102.67180197, 44.79513529], [-120.7463279, -101.5859587, 46.9354494], [-120.7463279, -100.50011544, 49.0757635], [-120.7463279, -99.41427211, 51.21607747], [-120.7463279, -98.32842879, 53.35639158], [-120.7463279, -97.2425857, 55.4967058], [-120.7463279, -96.15674214, 57.63701991], [-120.7463279, -95.07089905, 59.77733401], [-120.7463279, -93.98505549, 61.91764811], [-120.7463279, -92.89921193, 64.05796221], [-120.7463279, -91.81336884, 66.19827632], [-120.7463279, -90.72752575, 68.33858946], [-120.7463279, -89.64168267, 70.47890357], [-120.7463279, -88.55583863, 72.61921767], [-120.7463279, -87.46999554, 74.75953177], [-120.7463279, -86.38415245, 76.89984587], [-120.7463279, -85.29830937, 79.04015997], [-120.7463279, -84.21246533, 81.18047408], [-120.7463279, -83.1266232, 83.32078818], [-120.7463279, -82.04077916, 85.46110228], [-120.7463279, -80.95493512, 87.60141829], [-120.7463279, -79.86909298, 89.74173049], [-120.7463279, -78.78324894, 91.88204649], [-120.7463279, -77.69740681, 94.02235869], [-120.7463279, -76.61156277, 96.1626747], [-120.7463279, -75.52571873, 98.30298689], [-120.7463279, -74.4398766, 100.4433029], [-120.7463279, -73.35403256, 102.5836151], [-120.7463279, -72.26819043, 104.72393111], [-120.7463279, -71.18234639, 106.8642433], [-120.7463279, -70.09650235, 109.0045555], [-120.7463279, -69.01066021, 111.14487151], [-120.7463279, -67.92481808, 113.2851837], [-120.7463279, -66.83897213, 115.4254959], [-120.7463279, -65.75313, 117.56581572], [-120.7463279, -64.66728787, 119.70612792], [-120.7463279, -63.58144192, 121.84644011], [-120.7463279, -62.49559979, 123.98675231], [-120.7463279, -61.40975766, 126.12707213], [-120.7463279, -60.32391171, 128.26738432], [-120.7463279, -59.23806958, 130.40769652], [-120.7463279, -58.15222744, 132.54800871], [-120.7463279, -57.0663815, 134.68832854], [-120.7463279, -55.98053936, 136.82864073], [-120.7463279, -54.89469723, 138.96895293], [-120.7463279, -53.8088551, 141.10926512], [-120.7463279, -52.72300915, 143.24958495], [-120.7463279, -51.63716702, 145.38989714], [-120.7463279, -50.55132489, 147.53020934], [-120.7463279, -49.46547894, 149.67052153], [-120.7463279, -48.37963681, 151.81084136], [-120.7463279, -47.29379467, 153.95115355], [-120.7463279, -46.20794873, 156.09146575], [-120.7463279, -45.12210659, 158.23177794], [-120.7463279, -44.03626446, 160.37209776], [-120.7463279, -42.95041851, 162.51240996]], "CsaImage.TimeAfterStart": [1.0975, 0.7325, 1.11, 0.7425, 1.12, 0.755, 1.13, 0.765, 1.1425, 0.775, 1.1525, 0.7875, 1.1625, 0.7975, 1.1725, 0.8075, 1.185, 0.82, 1.195, 0.83, 1.205, 0.84, 1.2175, 0.85, 1.2275, 0.8625, 1.2375, 0.8725, 1.25, 0.8825, 1.26, 0.895, 1.27, 0.905, 1.28, 0.915, 1.2925, 0.9275, 1.3025, 0.9375, 1.3125, 0.9475, 1.325, 0.9575, 1.335, 0.97, 1.345, 0.98, 1.3575, 0.99, 1.3675, 1.0025, 1.3775, 1.0125, 1.3875, 1.0225, 1.4, 1.035, 1.41, 1.045, 1.42, 1.055, 1.4325, 1.065, 1.4425, 1.0775, 1.4525, 1.0875], "ImagePositionPatient": [[-120.74632789533, -115.70192150451, 19.111367021116], [-120.74632789533, -114.61607841827, 21.251681123288], [-120.74632789533, -113.53023533203, 23.391995225461], [-120.74632789533, -112.44439129211, 25.532309327634], [-120.74632789533, -111.35854820587, 27.672623429807], [-120.74632789533, -110.27270511963, 29.81293753198], [-120.74632789533, -109.18686203338, 31.953251634153], [-120.74632789533, -108.1010184703, 34.093565736325], [-120.74632789533, -107.01517538406, 36.233878884824], [-120.74632789533, -105.92933182098, 38.374192986997], [-120.74632789533, -104.84348873474, 40.51450708917], [-120.74632789533, -103.75764541008, 42.654821191343], [-120.74632789533, -102.67180196621, 44.795135293515], [-120.74632789533, -101.58595870115, 46.935449395688], [-120.74632789533, -100.50011543609, 49.075763497861], [-120.74632789533, -99.414272111431, 51.216077465924], [-120.74632789533, -98.32842878677, 53.356391582998], [-120.74632789533, -97.242585700527, 55.49670580438], [-120.74632789533, -96.156742137447, 57.637019906553], [-120.74632789533, -95.070899051205, 59.777334008725], [-120.74632789533, -93.985055488125, 61.917648110898], [-120.74632789533, -92.899211925045, 64.057962213071], [-120.74632789533, -91.813368838802, 66.198276315244], [-120.74632789533, -90.72752575256, 68.338589463742], [-120.74632789533, -89.641682666317, 70.478903565915], [-120.74632789533, -88.5558386264, 72.619217668088], [-120.74632789533, -87.469995540157, 74.759531770261], [-120.74632789533, -86.384152453915, 76.899845872434], [-120.74632789533, -85.298309367672, 79.040159974607], [-120.74632789533, -84.212465327755, 81.18047407678], [-120.74632789533, -83.126623195187, 83.320788178952], [-120.74632789533, -82.04077915527, 85.461102281125], [-120.74632789533, -80.954935115353, 87.601418290647], [-120.74632789533, -79.869092982784, 89.741730485471], [-120.74632789533, -78.783248942867, 91.882046494992], [-120.74632789533, -77.697406810299, 94.022358689817], [-120.74632789533, -76.611562770382, 96.162674699338], [-120.74632789533, -75.525718730465, 98.302986894162], [-120.74632789533, -74.439876597897, 100.44330290368], [-120.74632789533, -73.35403255798, 102.58361509851], [-120.74632789533, -72.268190425411, 104.72393110803], [-120.74632789533, -71.182346385494, 106.86424330285], [-120.74632789533, -70.096502345577, 109.00455549768], [-120.74632789533, -69.010660213009, 111.1448715072], [-120.74632789533, -67.924818080441, 113.28518370202], [-120.74632789533, -66.838972133175, 115.42549589685], [-120.74632789533, -65.753130000607, 117.56581572107], [-120.74632789533, -64.667287868038, 119.70612791589], [-120.74632789533, -63.581441920773, 121.84644011072], [-120.74632789533, -62.495599788204, 123.98675230554], [-120.74632789533, -61.409757655636, 126.12707212976], [-120.74632789533, -60.32391170837, 128.26738432458], [-120.74632789533, -59.238069575802, 130.40769651941], [-120.74632789533, -58.152227443234, 132.54800871423], [-120.74632789533, -57.066381495968, 134.68832853845], [-120.74632789533, -55.9805393634, 136.82864073327], [-120.74632789533, -54.894697230831, 138.9689529281], [-120.74632789533, -53.808855098263, 141.10926512292], [-120.74632789533, -52.723009150997, 143.24958494714], [-120.74632789533, -51.637167018429, 145.38989714197], [-120.74632789533, -50.55132488586, 147.53020933679], [-120.74632789533, -49.465478938595, 149.67052153161], [-120.74632789533, -48.379636806027, 151.81084135583], [-120.74632789533, -47.293794673458, 153.95115355066], [-120.74632789533, -46.207948726193, 156.09146574548], [-120.74632789533, -45.122106593624, 158.2317779403], [-120.74632789533, -44.036264461056, 160.37209776452], [-120.74632789533, -42.95041851379, 162.51240995935]], "InstanceCreationTime": ["172717.968000", "172717.875000", "172717.968000", "172717.890000", "172717.984000", "172717.890000", "172717.984000", "172717.906000", "172717.984000", "172717.906000", "172717.984000", "172717.906000", "172717.984000", "172717.906000", "172717.984000", "172717.906000", "172717.984000", "172717.906000", "172718.000000", "172717.906000", "172718.000000", "172717.906000", "172718.000000", "172717.921000", "172718.000000", "172717.921000", "172718.000000", "172717.921000", "172718.000000", "172717.921000", "172718.000000", "172717.921000", "172718.000000", "172717.937000", "172718.000000", "172717.937000", "172718.015000", "172717.937000", "172718.015000", "172717.937000", "172718.015000", "172717.937000", "172718.015000", "172717.937000", "172718.031000", "172717.937000", "172718.031000", "172717.953000", "172718.031000", "172717.953000", "172718.031000", "172717.953000", "172718.031000", "172717.953000", "172718.046000", "172717.953000", "172718.046000", "172717.953000", "172718.046000", "172717.953000", "172718.046000", "172717.953000", "172718.046000", "172717.968000", "172718.046000", "172717.968000", "172718.062000", "172717.968000"], "InstanceNumber": [1, 2, 3, 4, 5, 6, 7, 8, 9, 10, 11, 12, 13, 14, 15, 16, 17, 18, 19, 20, 21, 22, 23, 24, 25, 26, 27, 28, 29, 30, 31, 32, 33, 34, 35, 36, 37, 38, 39, 40, 41, 42, 43, 44, 45, 46, 47, 48, 49, 50, 51, 52, 53, 54, 55, 56, 57, 58, 59, 60, 61, 62, 63, 64, 65, 66, 67, 68], "LargestImagePixelValue": [4094, 4094, 4094, 4094, 4094, 4093, 4094, 4094, 4094, 4093, 4094, 4094, 4094, 4094, 4093, 4092, 4090, 4093, 4094, 4093, 4089, 4094, 4094, 4094, 4091, 4088, 4093, 4094, 4093, 4094, 4092, 4094, 4087, 4090, 4091, 4092, 4093, 4093, 4087, 4094, 4093, 4094, 4094, 4092, 4092, 4094, 4094, 4093, 4094, 4093, 4094, 4093, 4093, 4087, 4093, 4093, 4094, 4094, 4094, 4092, 4094, 4094, 4093, 4094, 4094, 4093, 4094, 4094], "SliceLocation": [-35.304091954298, -32.904092024319, -30.50409209434, -28.104091732885, -25.704091802906, -23.304091872926, -20.904091942947, -18.50409179723, -16.104092717735, -13.704092572018, -11.304092642038, -8.9040926041902, -6.5040925124076, -4.1040925015266, -1.7040924906456, 0.69590742760323, 3.0959074787403, 5.4959075150302, 7.8959076607472, 10.295907590727, 12.695907736444, 15.095907882161, 17.49590781214, 19.895906891635, 22.295906821614, 24.695907183069, 27.095907113048, 29.495907043028, 31.895906973007, 34.295907334462, 36.695906832966, 39.095907194421, 41.495909256844, 43.895907054379, 46.295909116803, 48.695906914338, 51.095908976762, 53.495907637248, 55.89590883672, 58.295907497206, 60.695908696679, 63.095907357165, 65.495906017651, 67.895907217124, 70.295905014659, 72.695904538096, 75.095909139506, 77.495906937041, 79.895906460478, 82.295904258013, 84.695908859423, 87.09590838286, 89.495906180395, 91.89590397793, 94.295910305242, 96.695908102778, 99.095905900313, 101.49590369785, 103.89591002516, 106.2959078227, 108.69590562023, 111.09590514367, 113.49590974508, 115.89590754261, 118.29590706605, 120.69590486358, 123.09590946499, 125.49590898843], "SmallestImagePixelValue": [0, 1, 0, 0, 1, 1, 0, 2, 0, 1, 2, 0, 1, 4, 1, 5, 2, 0, 2, 3, 1, 2, 3, 2, 2, 1, 1, 2, 3, 4, 0, 2, 2, 4, 3, 7, 0, 2, 2, 1, 1, 0, 0, 8, 0, 0, 1, 0, 0, 5, 6, 3, 1, 1, 0, 0, 1, 1, 0, 2, 1, 0, 0, 0, 1, 0, 0, 0], "WindowCenter": [-176.0, -156.0, -230.0, -300.0, -334.0, -386.0, -450.0, -328.0, -322.0, -302.0, -362.0, -352.0, -398.0, -346.0, -464.0, -452.0, -438.0, -424.0, -394.0, -362.0, -344.0, -324.0, -288.0, -282.0, -268.0, -256.0, -240.0, -226.0, -240.0, -202.0, -196.0, -150.0, -158.0, -162.0, -128.0, -102.0, -132.0, -140.0, -166.0, -128.0, -126.0, -124.0, -154.0, -148.0, -150.0, -176.0, -168.0, -176.0, -228.0, -226.0, -234.0, -222.0, -256.0, -268.0, -266.0, -292.0, -326.0, -336.0, -362.0, -398.0, -424.0, -460.0, -466.0, -438.0, -492.0, -460.0, -434.0, -432.0], "WindowWidth": [6582.0, 6604.0, 6558.0, 6414.0, 6334.0, 6196.0, 6166.0, 6106.0, 6024.0, 6038.0, 5786.0, 5668.0, 5204.0, 5306.0, 4730.0, 4706.0, 4656.0, 4644.0, 4640.0, 4596.0, 4548.0, 4526.0, 4452.0, 4418.0, 4402.0, 4370.0, 4310.0, 4282.0, 4272.0, 4276.0, 4286.0, 4308.0, 4340.0, 4392.0, 4362.0, 4360.0, 4404.0, 4408.0, 4432.0, 4426.0, 4426.0, 4408.0, 4422.0, 4432.0, 4426.0, 4444.0, 4434.0, 4454.0, 4470.0, 4448.0, 4484.0, 4504.0, 4472.0, 4510.0, 4550.0, 4636.0, 4622.0, 4684.0, 4728.0, 4810.0, 4878.0, 4920.0, 4948.0, 4944.0, 5020.0, 5034.0, 5054.0, 5154.0]}}}