{"AcquisitionMatrixPE": 256, "AcquisitionNumber": 1, "AcquisitionTime": "17:14:2.530000", "BaseResolution": 256, "BodyPartExamined": "BRAIN", "ConsistencyInfo": "N4_VD11D_LATEST_20110129", "ConversionSoftware": "dcm2niix", "ConversionSoftwareVersion": "v1.0.20210317", "DeviceSerialNumber": "45239", "DwellTime": 1.09e-05, "EchoTime": 0.00249, "FlipAngle": 9, "ImageOrientationPatientDICOM": [0, 1, 0, 0, 0, -1], "ImageType": ["ORIGINAL", "PRIMARY", "M", "ND", "NORM"], "ImagingFrequency": 123.194, "InPlanePhaseEncodingDirectionDICOM": "ROW", "InstitutionAddress": "E 24th St. 100,Austin,Southmiddle,US,78712", "InstitutionName": "Univ of Texas at Austin", "InstitutionalDepartmentName": "IRC", "InversionTime": 0.9, "MRAcquisitionType": "3D", "MagneticFieldStrength": 3, "Manufacturer": "Siemens", "ManufacturersModelName": "Skyra", "Modality": "MR", "ParallelReductionFactorInPlane": 2, "PartialFourier": 1, "PatientPosition": "HFS", "PercentPhaseFOV": 100, "PercentSampling": 100, "PhaseEncodingSteps": 255, "PhaseResolution": 1, "PixelBandwidth": 180, "ProcedureStepDescription": "Poldrack2^self-scanning", "ProtocolName": "MPRAGE", "PulseSequenceDetails": "%SiemensSeq%\\tfl", "ReceiveCoilActiveElements": "HEA;HEP", "ReceiveCoilName": "Head_32", "ReconMatrixPE": 256, "RefLinesPE": 24, "RepetitionTime": 1.9, "SAR": 0.0868398, "ScanOptions": "IR", "ScanningSequence": "GR\\IR", "SequenceName": "*tfl3d1_16ns", "SequenceVariant": "SK\\SP\\MP", "SeriesDescription": "MPRAGE", "SeriesNumber": 8, "ShimSetting": [-2778, 8011, -15926, -121, -142, -90, -19, -21], "SliceThickness": 0.9, "SoftwareVersions": "syngo MR D11", "StationName": "AWP45239", "TxRefAmp": 332.012, "dcmmeta_affine": [[0.9000000357627869, 0.0, 0.0, -83.53453063964844], [0.0, 0.9375, 0.0, -123.1480941772461], [0.0, 0.0, 0.9375, -145.69688415527344], [0.0, 0.0, 0.0, 1.0]], "dcmmeta_reorient_transform": [[0.0, 0.0, -1.0, 255.0], [0.0, -1.0, 0.0, 255.0], [-1.0, 0.0, 0.0, 191.0], [0.0, 0.0, 0.0, 1.0]], "dcmmeta_shape": [192, 256, 256], "dcmmeta_slice_dim": 0, "dcmmeta_version": 0.6, "global": {"const": {"AcquisitionMatrix": [0, 256, 256, 0], "AcquisitionNumber": 1, "AcquisitionTime": "171402.530000", "AngioFlag": "N", "BitsAllocated": 16, "BitsStored": 12, "BodyPartExamined": "BRAIN", "Columns": 256, "EchoNumbers": 1, "EchoTime": 2.49, "EchoTrainLength": 1, "FlipAngle": 9.0, "HighBit": 11, "ImageOrientationPatient": [0.0, 1.0, 0.0, 0.0, 0.0, -1.0], "ImageType": ["ORIGINAL", "PRIMARY", "M", "ND", "NORM"], "ImagedNucleus": "1H", "ImagingFrequency": 123.193586, "InPlanePhaseEncodingDirection": "ROW", "InversionTime": 900.0, "MRAcquisitionType": "3D", "MagneticFieldStrength": 3.0, "Manufacturer": "SIEMENS", "ManufacturerModelName": "Skyra", "Modality": "MR", "NumberOfAverages": 1.0, "NumberOfPhaseEncodingSteps": 255, "PercentPhaseFieldOfView": 100.0, "PercentSampling": 100.0, "PerformedProcedureStepStartTime": "165254.000000", "PhotometricInterpretation": "MONOCHROME2", "PixelBandwidth": 180.0, "PixelRepresentation": 0, "PixelSpacing": [0.9375, 0.9375], "ProtocolName": "MPRAGE", "RepetitionTime": 1900.0, "Rows": 256, "SAR": 0.0868398394227, "SamplesPerPixel": 1, "ScanOptions": "IR", "ScanningSequence": ["GR", "IR"], "SequenceName": "*tfl3d1_16ns", "SequenceVariant": ["SK", "SP", "MP"], "SeriesDescription": "MPRAGE", "SeriesNumber": 8, "SeriesTime": "172004.765000", "SliceThickness": 0.90000003576279, "SmallestImagePixelValue": 0, "SoftwareVersions": "syngo MR D11", "SpecificCharacterSet": "ISO_IR 100", "StudyID": "1", "StudyTime": "165253.921000", "TransmitCoilName": "Body", "VariableFlipAngleFlag": "N", "WindowCenterWidthExplanation": "Algo1", "dBdt": 0.0}, "slices": {"ContentTime": ["172005.375000", "172005.375000", "172005.375000", "172005.375000", "172005.375000", "172005.375000", "172005.359000", "172005.343000", "172005.343000", "172005.343000", "172005.343000", "172005.343000", "172005.343000", "172005.343000", "172005.328000", "172005.328000", "172005.328000", "172005.328000", "172005.312000", "172005.312000", "172005.296000", "172005.296000", "172005.281000", "172005.265000", "172005.265000", "172005.265000", "172005.265000", "172005.265000", "172005.265000", "172005.265000", "172005.265000", "172005.250000", "172005.250000", "172005.250000", "172005.250000", "172005.250000", "172005.250000", "172005.250000", "172005.234000", "172005.234000", "172005.234000", "172005.218000", "172005.218000", "172005.218000", "172005.218000", "172005.218000", "172005.203000", "172005.203000", "172005.203000", "172005.203000", "172005.203000", "172005.203000", "172005.203000", "172005.203000", "172005.187000", "172005.187000", "172005.187000", "172005.187000", "172005.187000", "172005.187000", "172005.187000", "172005.187000", "172005.171000", "172005.171000", "172005.171000", "172005.171000", "172005.171000", "172005.156000", "172005.156000", "172005.156000", "172005.140000", "172005.140000", "172005.140000", "172005.140000", "172005.140000", "172005.140000", "172005.140000", "172005.140000", "172005.125000", "172005.125000", "172005.125000", "172005.125000", "172005.125000", "172005.125000", "172005.109000", "172005.109000", "172005.109000", "172005.109000", "172005.109000", "172005.109000", "172005.109000", "172005.093000", "172005.093000", "172005.093000", "172005.093000", "172005.078000", "172005.078000", "172005.078000", "172005.078000", "172005.078000", "172005.078000", "172005.078000", "172005.062000", "172005.062000", "172005.062000", "172005.062000", "172005.062000", "172005.062000", "172005.062000", "172005.062000", "172005.046000", "172005.046000", "172005.046000", "172005.046000", "172005.046000", "172005.046000", "172005.046000", "172005.031000", "172005.031000", "172005.031000", "172005.031000", "172005.015000", "172005.015000", "172005.015000", "172005.015000", "172005.015000", "172005.015000", "172005.000000", "172005.000000", "172005.000000", "172005.000000", "172005.000000", "172005.000000", "172005.000000", "172004.984000", "172004.984000", "172004.984000", "172004.968000", "172004.968000", "172004.953000", "172004.953000", "172004.953000", "172004.937000", "172004.937000", "172004.937000", "172004.937000", "172004.937000", "172004.937000", "172004.937000", "172004.921000", "172004.921000", "172004.906000", "172004.906000", "172004.906000", "172004.906000", "172004.906000", "172004.906000", "172004.890000", "172004.890000", "172004.890000", "172004.890000", "172004.890000", "172004.890000", "172004.875000", "172004.859000", "172004.859000", "172004.859000", "172004.859000", "172004.859000", "172004.859000", "172004.843000", "172004.843000", "172004.843000", "172004.843000", "172004.828000", "172004.828000", "172004.828000", "172004.812000", "172004.812000", "172004.812000", "172004.812000", "172004.812000", "172004.812000", "172004.812000", "172004.796000", "172004.796000", "172004.796000", "172004.796000", "172004.796000", "172004.781000", "172004.765000", "172004.765000"], "CsaImage.Actual3DImaPartNumber": [191, 190, 189, 188, 187, 186, 185, 184, 183, 182, 181, 180, 179, 178, 177, 176, 175, 174, 173, 172, 171, 170, 169, 168, 167, 166, 165, 164, 163, 162, 161, 160, 159, 158, 157, 156, 155, 154, 153, 152, 151, 150, 149, 148, 147, 146, 145, 144, 143, 142, 141, 140, 139, 138, 137, 136, 135, 134, 133, 132, 131, 130, 129, 128, 127, 126, 125, 124, 123, 122, 121, 120, 119, 118, 117, 116, 115, 114, 113, 112, 111, 110, 109, 108, 107, 106, 105, 104, 103, 102, 101, 100, 99, 98, 97, 96, 95, 94, 93, 92, 91, 90, 89, 88, 87, 86, 85, 84, 83, 82, 81, 80, 79, 78, 77, 76, 75, 74, 73, 72, 71, 70, 69, 68, 67, 66, 65, 64, 63, 62, 61, 60, 59, 58, 57, 56, 55, 54, 53, 52, 51, 50, 49, 48, 47, 46, 45, 44, 43, 42, 41, 40, 39, 38, 37, 36, 35, 34, 33, 32, 31, 30, 29, 28, 27, 26, 25, 24, 23, 22, 21, 20, 19, 18, 17, 16, 15, 14, 13, 12, 11, 10, 9, 8, 7, 6, 5, 4, 3, 2, 1, 0], "CsaImage.ICE_Dims": ["X_1_1_1_1_1_192_1_1_1_1_1_26", "X_1_1_1_1_1_191_1_1_1_1_1_26", "X_1_1_1_1_1_190_1_1_1_1_1_26", "X_1_1_1_1_1_189_1_1_1_1_1_26", "X_1_1_1_1_1_188_1_1_1_1_1_26", "X_1_1_1_1_1_187_1_1_1_1_1_26", "X_1_1_1_1_1_186_1_1_1_1_1_26", "X_1_1_1_1_1_185_1_1_1_1_1_26", "X_1_1_1_1_1_184_1_1_1_1_1_26", "X_1_1_1_1_1_183_1_1_1_1_1_26", "X_1_1_1_1_1_182_1_1_1_1_1_26", "X_1_1_1_1_1_181_1_1_1_1_1_26", "X_1_1_1_1_1_180_1_1_1_1_1_26", "X_1_1_1_1_1_179_1_1_1_1_1_26", "X_1_1_1_1_1_178_1_1_1_1_1_26", "X_1_1_1_1_1_177_1_1_1_1_1_26", "X_1_1_1_1_1_176_1_1_1_1_1_26", "X_1_1_1_1_1_175_1_1_1_1_1_26", "X_1_1_1_1_1_174_1_1_1_1_1_26", "X_1_1_1_1_1_173_1_1_1_1_1_26", "X_1_1_1_1_1_172_1_1_1_1_1_26", "X_1_1_1_1_1_171_1_1_1_1_1_26", "X_1_1_1_1_1_170_1_1_1_1_1_26", "X_1_1_1_1_1_169_1_1_1_1_1_26", "X_1_1_1_1_1_168_1_1_1_1_1_26", "X_1_1_1_1_1_167_1_1_1_1_1_26", "X_1_1_1_1_1_166_1_1_1_1_1_26", "X_1_1_1_1_1_165_1_1_1_1_1_26", "X_1_1_1_1_1_164_1_1_1_1_1_26", "X_1_1_1_1_1_163_1_1_1_1_1_26", "X_1_1_1_1_1_162_1_1_1_1_1_26", "X_1_1_1_1_1_161_1_1_1_1_1_26", "X_1_1_1_1_1_160_1_1_1_1_1_26", "X_1_1_1_1_1_159_1_1_1_1_1_26", "X_1_1_1_1_1_158_1_1_1_1_1_26", "X_1_1_1_1_1_157_1_1_1_1_1_26", "X_1_1_1_1_1_156_1_1_1_1_1_26", "X_1_1_1_1_1_155_1_1_1_1_1_26", "X_1_1_1_1_1_154_1_1_1_1_1_26", "X_1_1_1_1_1_153_1_1_1_1_1_26", "X_1_1_1_1_1_152_1_1_1_1_1_26", "X_1_1_1_1_1_151_1_1_1_1_1_26", "X_1_1_1_1_1_150_1_1_1_1_1_26", "X_1_1_1_1_1_149_1_1_1_1_1_26", "X_1_1_1_1_1_148_1_1_1_1_1_26", "X_1_1_1_1_1_147_1_1_1_1_1_26", "X_1_1_1_1_1_146_1_1_1_1_1_26", "X_1_1_1_1_1_145_1_1_1_1_1_26", "X_1_1_1_1_1_144_1_1_1_1_1_26", "X_1_1_1_1_1_143_1_1_1_1_1_26", "X_1_1_1_1_1_142_1_1_1_1_1_26", "X_1_1_1_1_1_141_1_1_1_1_1_26", "X_1_1_1_1_1_140_1_1_1_1_1_26", "X_1_1_1_1_1_139_1_1_1_1_1_26", "X_1_1_1_1_1_138_1_1_1_1_1_26", "X_1_1_1_1_1_137_1_1_1_1_1_26", "X_1_1_1_1_1_136_1_1_1_1_1_26", "X_1_1_1_1_1_135_1_1_1_1_1_26", "X_1_1_1_1_1_134_1_1_1_1_1_26", "X_1_1_1_1_1_133_1_1_1_1_1_26", "X_1_1_1_1_1_132_1_1_1_1_1_26", "X_1_1_1_1_1_131_1_1_1_1_1_26", "X_1_1_1_1_1_130_1_1_1_1_1_26", "X_1_1_1_1_1_129_1_1_1_1_1_26", "X_1_1_1_1_1_128_1_1_1_1_1_26", "X_1_1_1_1_1_127_1_1_1_1_1_26", "X_1_1_1_1_1_126_1_1_1_1_1_26", "X_1_1_1_1_1_125_1_1_1_1_1_26", "X_1_1_1_1_1_124_1_1_1_1_1_26", "X_1_1_1_1_1_123_1_1_1_1_1_26", "X_1_1_1_1_1_122_1_1_1_1_1_26", "X_1_1_1_1_1_121_1_1_1_1_1_26", "X_1_1_1_1_1_120_1_1_1_1_1_26", "X_1_1_1_1_1_119_1_1_1_1_1_26", "X_1_1_1_1_1_118_1_1_1_1_1_26", "X_1_1_1_1_1_117_1_1_1_1_1_26", "X_1_1_1_1_1_116_1_1_1_1_1_26", "X_1_1_1_1_1_115_1_1_1_1_1_26", "X_1_1_1_1_1_114_1_1_1_1_1_26", "X_1_1_1_1_1_113_1_1_1_1_1_26", "X_1_1_1_1_1_112_1_1_1_1_1_26", "X_1_1_1_1_1_111_1_1_1_1_1_26", "X_1_1_1_1_1_110_1_1_1_1_1_26", "X_1_1_1_1_1_109_1_1_1_1_1_26", "X_1_1_1_1_1_108_1_1_1_1_1_26", "X_1_1_1_1_1_107_1_1_1_1_1_26", "X_1_1_1_1_1_106_1_1_1_1_1_26", "X_1_1_1_1_1_105_1_1_1_1_1_26", "X_1_1_1_1_1_104_1_1_1_1_1_26", "X_1_1_1_1_1_103_1_1_1_1_1_26", "X_1_1_1_1_1_102_1_1_1_1_1_26", "X_1_1_1_1_1_101_1_1_1_1_1_26", "X_1_1_1_1_1_100_1_1_1_1_1_26", "X_1_1_1_1_1_99_1_1_1_1_1_26", "X_1_1_1_1_1_98_1_1_1_1_1_26", "X_1_1_1_1_1_97_1_1_1_1_1_26", "X_1_1_1_1_1_96_1_1_1_1_1_26", "X_1_1_1_1_1_95_1_1_1_1_1_26", "X_1_1_1_1_1_94_1_1_1_1_1_26", "X_1_1_1_1_1_93_1_1_1_1_1_26", "X_1_1_1_1_1_92_1_1_1_1_1_26", "X_1_1_1_1_1_91_1_1_1_1_1_26", "X_1_1_1_1_1_90_1_1_1_1_1_26", "X_1_1_1_1_1_89_1_1_1_1_1_26", "X_1_1_1_1_1_88_1_1_1_1_1_26", "X_1_1_1_1_1_87_1_1_1_1_1_26", "X_1_1_1_1_1_86_1_1_1_1_1_26", "X_1_1_1_1_1_85_1_1_1_1_1_26", "X_1_1_1_1_1_84_1_1_1_1_1_26", "X_1_1_1_1_1_83_1_1_1_1_1_26", "X_1_1_1_1_1_82_1_1_1_1_1_26", "X_1_1_1_1_1_81_1_1_1_1_1_26", "X_1_1_1_1_1_80_1_1_1_1_1_26", "X_1_1_1_1_1_79_1_1_1_1_1_26", "X_1_1_1_1_1_78_1_1_1_1_1_26", "X_1_1_1_1_1_77_1_1_1_1_1_26", "X_1_1_1_1_1_76_1_1_1_1_1_26", "X_1_1_1_1_1_75_1_1_1_1_1_26", "X_1_1_1_1_1_74_1_1_1_1_1_26", "X_1_1_1_1_1_73_1_1_1_1_1_26", "X_1_1_1_1_1_72_1_1_1_1_1_26", "X_1_1_1_1_1_71_1_1_1_1_1_26", "X_1_1_1_1_1_70_1_1_1_1_1_26", "X_1_1_1_1_1_69_1_1_1_1_1_26", "X_1_1_1_1_1_68_1_1_1_1_1_26", "X_1_1_1_1_1_67_1_1_1_1_1_26", "X_1_1_1_1_1_66_1_1_1_1_1_26", "X_1_1_1_1_1_65_1_1_1_1_1_26", "X_1_1_1_1_1_64_1_1_1_1_1_26", "X_1_1_1_1_1_63_1_1_1_1_1_26", "X_1_1_1_1_1_62_1_1_1_1_1_26", "X_1_1_1_1_1_61_1_1_1_1_1_26", "X_1_1_1_1_1_60_1_1_1_1_1_26", "X_1_1_1_1_1_59_1_1_1_1_1_26", "X_1_1_1_1_1_58_1_1_1_1_1_26", "X_1_1_1_1_1_57_1_1_1_1_1_26", "X_1_1_1_1_1_56_1_1_1_1_1_26", "X_1_1_1_1_1_55_1_1_1_1_1_26", "X_1_1_1_1_1_54_1_1_1_1_1_26", "X_1_1_1_1_1_53_1_1_1_1_1_26", "X_1_1_1_1_1_52_1_1_1_1_1_26", "X_1_1_1_1_1_51_1_1_1_1_1_26", "X_1_1_1_1_1_50_1_1_1_1_1_26", "X_1_1_1_1_1_49_1_1_1_1_1_26", "X_1_1_1_1_1_48_1_1_1_1_1_26", "X_1_1_1_1_1_47_1_1_1_1_1_26", "X_1_1_1_1_1_46_1_1_1_1_1_26", "X_1_1_1_1_1_45_1_1_1_1_1_26", "X_1_1_1_1_1_44_1_1_1_1_1_26", "X_1_1_1_1_1_43_1_1_1_1_1_26", "X_1_1_1_1_1_42_1_1_1_1_1_26", "X_1_1_1_1_1_41_1_1_1_1_1_26", "X_1_1_1_1_1_40_1_1_1_1_1_26", "X_1_1_1_1_1_39_1_1_1_1_1_26", "X_1_1_1_1_1_38_1_1_1_1_1_26", "X_1_1_1_1_1_37_1_1_1_1_1_26", "X_1_1_1_1_1_36_1_1_1_1_1_26", "X_1_1_1_1_1_35_1_1_1_1_1_26", "X_1_1_1_1_1_34_1_1_1_1_1_26", "X_1_1_1_1_1_33_1_1_1_1_1_26", "X_1_1_1_1_1_32_1_1_1_1_1_26", "X_1_1_1_1_1_31_1_1_1_1_1_26", "X_1_1_1_1_1_30_1_1_1_1_1_26", "X_1_1_1_1_1_29_1_1_1_1_1_26", "X_1_1_1_1_1_28_1_1_1_1_1_26", "X_1_1_1_1_1_27_1_1_1_1_1_26", "X_1_1_1_1_1_26_1_1_1_1_1_26", "X_1_1_1_1_1_25_1_1_1_1_1_26", "X_1_1_1_1_1_24_1_1_1_1_1_26", "X_1_1_1_1_1_23_1_1_1_1_1_26", "X_1_1_1_1_1_22_1_1_1_1_1_26", "X_1_1_1_1_1_21_1_1_1_1_1_26", "X_1_1_1_1_1_20_1_1_1_1_1_26", "X_1_1_1_1_1_19_1_1_1_1_1_26", "X_1_1_1_1_1_18_1_1_1_1_1_26", "X_1_1_1_1_1_17_1_1_1_1_1_26", "X_1_1_1_1_1_16_1_1_1_1_1_26", "X_1_1_1_1_1_15_1_1_1_1_1_26", "X_1_1_1_1_1_14_1_1_1_1_1_26", "X_1_1_1_1_1_13_1_1_1_1_1_26", "X_1_1_1_1_1_12_1_1_1_1_1_26", "X_1_1_1_1_1_11_1_1_1_1_1_26", "X_1_1_1_1_1_10_1_1_1_1_1_26", "X_1_1_1_1_1_9_1_1_1_1_1_26", "X_1_1_1_1_1_8_1_1_1_1_1_26", "X_1_1_1_1_1_7_1_1_1_1_1_26", "X_1_1_1_1_1_6_1_1_1_1_1_26", "X_1_1_1_1_1_5_1_1_1_1_1_26", "X_1_1_1_1_1_4_1_1_1_1_1_26", "X_1_1_1_1_1_3_1_1_1_1_1_26", "X_1_1_1_1_1_2_1_1_1_1_1_26", "X_1_1_1_1_1_1_1_1_1_1_1_26"], "CsaImage.SlicePosition_PCS": [[83.53452853, -115.91440821, 93.36561775], [82.63452852, -115.91440821, 93.36561775], [81.7345285, -115.91440821, 93.36561775], [80.83452849, -115.91440821, 93.36561775], [79.93452847, -115.91440821, 93.36561775], [79.03452845, -115.91440821, 93.36561775], [78.13452844, -115.91440821, 93.36561775], [77.23452842, -115.91440821, 93.36561775], [76.33452841, -115.91440821, 93.36561775], [75.43452839, -115.91440821, 93.36561775], [74.53452837, -115.91440821, 93.36561775], [73.63452836, -115.91440821, 93.36561775], [72.73452834, -115.91440821, 93.36561775], [71.83452833, -115.91440821, 93.36561775], [70.93452831, -115.91440821, 93.36561775], [70.0345283, -115.91440821, 93.36561775], [69.13452828, -115.91440821, 93.36561775], [68.23452826, -115.91440821, 93.36561775], [67.33452825, -115.91440821, 93.36561775], [66.43452823, -115.91440821, 93.36561775], [65.53452822, -115.91440821, 93.36561775], [64.6345282, -115.91440821, 93.36561775], [63.73452818, -115.91440821, 93.36561775], [62.83452817, -115.91440821, 93.36561775], [61.93452815, -115.91440821, 93.36561775], [61.03452814, -115.91440821, 93.36561775], [60.13452812, -115.91440821, 93.36561775], [59.2345281, -115.91440821, 93.36561775], [58.33452809, -115.91440821, 93.36561775], [57.43452807, -115.91440821, 93.36561775], [56.53452806, -115.91440821, 93.36561775], [55.63452804, -115.91440821, 93.36561775], [54.73452802, -115.91440821, 93.36561775], [53.83452801, -115.91440821, 93.36561775], [52.93452799, -115.91440821, 93.36561775], [52.03452798, -115.91440821, 93.36561775], [51.13452796, -115.91440821, 93.36561775], [50.23452795, -115.91440821, 93.36561775], [49.33452793, -115.91440821, 93.36561775], [48.43452791, -115.91440821, 93.36561775], [47.5345279, -115.91440821, 93.36561775], [46.63452788, -115.91440821, 93.36561775], [45.73452787, -115.91440821, 93.36561775], [44.83452785, -115.91440821, 93.36561775], [43.93452783, -115.91440821, 93.36561775], [43.03452782, -115.91440821, 93.36561775], [42.1345278, -115.91440821, 93.36561775], [41.23452779, -115.91440821, 93.36561775], [40.33452777, -115.91440821, 93.36561775], [39.43452775, -115.91440821, 93.36561775], [38.53452774, -115.91440821, 93.36561775], [37.63452772, -115.91440821, 93.36561775], [36.73452771, -115.91440821, 93.36561775], [35.83452769, -115.91440821, 93.36561775], [34.93452768, -115.91440821, 93.36561775], [34.03452766, -115.91440821, 93.36561775], [33.13452764, -115.91440821, 93.36561775], [32.23452763, -115.91440821, 93.36561775], [31.33452761, -115.91440821, 93.36561775], [30.4345276, -115.91440821, 93.36561775], [29.53452758, -115.91440821, 93.36561775], [28.63452756, -115.91440821, 93.36561775], [27.73452755, -115.91440821, 93.36561775], [26.83452753, -115.91440821, 93.36561775], [25.93452752, -115.91440821, 93.36561775], [25.0345275, -115.91440821, 93.36561775], [24.13452748, -115.91440821, 93.36561775], [23.23452747, -115.91440821, 93.36561775], [22.33452745, -115.91440821, 93.36561775], [21.43452744, -115.91440821, 93.36561775], [20.53452742, -115.91440821, 93.36561775], [19.63452741, -115.91440821, 93.36561775], [18.73452739, -115.91440821, 93.36561775], [17.83452737, -115.91440821, 93.36561775], [16.93452736, -115.91440821, 93.36561775], [16.03452734, -115.91440821, 93.36561775], [15.13452733, -115.91440821, 93.36561775], [14.23452731, -115.91440821, 93.36561775], [13.33452729, -115.91440821, 93.36561775], [12.43452728, -115.91440821, 93.36561775], [11.53452726, -115.91440821, 93.36561775], [10.63452725, -115.91440821, 93.36561775], [9.73452723, -115.91440821, 93.36561775], [8.83452721, -115.91440821, 93.36561775], [7.9345272, -115.91440821, 93.36561775], [7.03452718, -115.91440821, 93.36561775], [6.13452717, -115.91440821, 93.36561775], [5.23452715, -115.91440821, 93.36561775], [4.33452713, -115.91440821, 93.36561775], [3.43452712, -115.91440821, 93.36561775], [2.5345271, -115.91440821, 93.36561775], [1.63452709, -115.91440821, 93.36561775], [0.73452707, -115.91440821, 93.36561775], [-0.16547294, -115.91440821, 93.36561775], [-1.06547296, -115.91440821, 93.36561775], [-1.96547298, -115.91440821, 93.36561775], [-2.86547299, -115.91440821, 93.36561775], [-3.76547301, -115.91440821, 93.36561775], [-4.66547302, -115.91440821, 93.36561775], [-5.56547304, -115.91440821, 93.36561775], [-6.46547306, -115.91440821, 93.36561775], [-7.36547307, -115.91440821, 93.36561775], [-8.26547309, -115.91440821, 93.36561775], [-9.1654731, -115.91440821, 93.36561775], [-10.06547312, -115.91440821, 93.36561775], [-10.96547314, -115.91440821, 93.36561775], [-11.86547315, -115.91440821, 93.36561775], [-12.76547317, -115.91440821, 93.36561775], [-13.66547318, -115.91440821, 93.36561775], [-14.5654732, -115.91440821, 93.36561775], [-15.46547321, -115.91440821, 93.36561775], [-16.36547323, -115.91440821, 93.36561775], [-17.26547325, -115.91440821, 93.36561775], [-18.16547326, -115.91440821, 93.36561775], [-19.06547328, -115.91440821, 93.36561775], [-19.96547329, -115.91440821, 93.36561775], [-20.86547331, -115.91440821, 93.36561775], [-21.76547333, -115.91440821, 93.36561775], [-22.66547334, -115.91440821, 93.36561775], [-23.56547336, -115.91440821, 93.36561775], [-24.46547337, -115.91440821, 93.36561775], [-25.36547339, -115.91440821, 93.36561775], [-26.26547341, -115.91440821, 93.36561775], [-27.16547342, -115.91440821, 93.36561775], [-28.06547344, -115.91440821, 93.36561775], [-28.96547345, -115.91440821, 93.36561775], [-29.86547347, -115.91440821, 93.36561775], [-30.76547348, -115.91440821, 93.36561775], [-31.6654735, -115.91440821, 93.36561775], [-32.56547352, -115.91440821, 93.36561775], [-33.46547353, -115.91440821, 93.36561775], [-34.36547355, -115.91440821, 93.36561775], [-35.26547356, -115.91440821, 93.36561775], [-36.16547358, -115.91440821, 93.36561775], [-37.0654736, -115.91440821, 93.36561775], [-37.96547361, -115.91440821, 93.36561775], [-38.86547363, -115.91440821, 93.36561775], [-39.76547364, -115.91440821, 93.36561775], [-40.66547366, -115.91440821, 93.36561775], [-41.56547368, -115.91440821, 93.36561775], [-42.46547369, -115.91440821, 93.36561775], [-43.36547371, -115.91440821, 93.36561775], [-44.26547372, -115.91440821, 93.36561775], [-45.16547374, -115.91440821, 93.36561775], [-46.06547376, -115.91440821, 93.36561775], [-46.96547377, -115.91440821, 93.36561775], [-47.86547379, -115.91440821, 93.36561775], [-48.7654738, -115.91440821, 93.36561775], [-49.66547382, -115.91440821, 93.36561775], [-50.56547383, -115.91440821, 93.36561775], [-51.46547385, -115.91440821, 93.36561775], [-52.36547387, -115.91440821, 93.36561775], [-53.26547388, -115.91440821, 93.36561775], [-54.1654739, -115.91440821, 93.36561775], [-55.06547391, -115.91440821, 93.36561775], [-55.96547393, -115.91440821, 93.36561775], [-56.86547395, -115.91440821, 93.36561775], [-57.76547396, -115.91440821, 93.36561775], [-58.66547398, -115.91440821, 93.36561775], [-59.56547399, -115.91440821, 93.36561775], [-60.46547401, -115.91440821, 93.36561775], [-61.36547403, -115.91440821, 93.36561775], [-62.26547404, -115.91440821, 93.36561775], [-63.16547406, -115.91440821, 93.36561775], [-64.06547407, -115.91440821, 93.36561775], [-64.96547409, -115.91440821, 93.36561775], [-65.8654741, -115.91440821, 93.36561775], [-66.76547412, -115.91440821, 93.36561775], [-67.66547414, -115.91440821, 93.36561775], [-68.56547415, -115.91440821, 93.36561775], [-69.46547417, -115.91440821, 93.36561775], [-70.36547418, -115.91440821, 93.36561775], [-71.2654742, -115.91440821, 93.36561775], [-72.16547422, -115.91440821, 93.36561775], [-73.06547423, -115.91440821, 93.36561775], [-73.96547425, -115.91440821, 93.36561775], [-74.86547426, -115.91440821, 93.36561775], [-75.76547428, -115.91440821, 93.36561775], [-76.6654743, -115.91440821, 93.36561775], [-77.56547431, -115.91440821, 93.36561775], [-78.46547433, -115.91440821, 93.36561775], [-79.36547434, -115.91440821, 93.36561775], [-80.26547436, -115.91440821, 93.36561775], [-81.16547438, -115.91440821, 93.36561775], [-82.06547439, -115.91440821, 93.36561775], [-82.96547441, -115.91440821, 93.36561775], [-83.86547442, -115.91440821, 93.36561775], [-84.76547444, -115.91440821, 93.36561775], [-85.66547445, -115.91440821, 93.36561775], [-86.56547447, -115.91440821, 93.36561775], [-87.46547449, -115.91440821, 93.36561775], [-88.3654745, -115.91440821, 93.36561775]], "ImagePositionPatient": [[83.534528533618, -115.91440820694, 93.365617752075], [82.634528517723, -115.91440820694, 93.365617752075], [81.734528501829, -115.91440820694, 93.365617752075], [80.834528485934, -115.91440820694, 93.365617752075], [79.934528470039, -115.91440820694, 93.365617752075], [79.034528454145, -115.91440820694, 93.365617752075], [78.13452843825, -115.91440820694, 93.365617752075], [77.234528422356, -115.91440820694, 93.365617752075], [76.334528406461, -115.91440820694, 93.365617752075], [75.434528390566, -115.91440820694, 93.365617752075], [74.534528374672, -115.91440820694, 93.365617752075], [73.634528358777, -115.91440820694, 93.365617752075], [72.734528342883, -115.91440820694, 93.365617752075], [71.834528326988, -115.91440820694, 93.365617752075], [70.934528311094, -115.91440820694, 93.365617752075], [70.034528295199, -115.91440820694, 93.365617752075], [69.134528279305, -115.91440820694, 93.365617752075], [68.23452826341, -115.91440820694, 93.365617752075], [67.334528247515, -115.91440820694, 93.365617752075], [66.434528231621, -115.91440820694, 93.365617752075], [65.534528215726, -115.91440820694, 93.365617752075], [64.634528199832, -115.91440820694, 93.365617752075], [63.734528183937, -115.91440820694, 93.365617752075], [62.834528168042, -115.91440820694, 93.365617752075], [61.934528152148, -115.91440820694, 93.365617752075], [61.034528136253, -115.91440820694, 93.365617752075], [60.134528120359, -115.91440820694, 93.365617752075], [59.234528104464, -115.91440820694, 93.365617752075], [58.33452808857, -115.91440820694, 93.365617752075], [57.434528072675, -115.91440820694, 93.365617752075], [56.53452805678, -115.91440820694, 93.365617752075], [55.634528040886, -115.91440820694, 93.365617752075], [54.734528024991, -115.91440820694, 93.365617752075], [53.834528009097, -115.91440820694, 93.365617752075], [52.934527993202, -115.91440820694, 93.365617752075], [52.034527977308, -115.91440820694, 93.365617752075], [51.134527961413, -115.91440820694, 93.365617752075], [50.234527945518, -115.91440820694, 93.365617752075], [49.334527929624, -115.91440820694, 93.365617752075], [48.434527913729, -115.91440820694, 93.365617752075], [47.534527897835, -115.91440820694, 93.365617752075], [46.63452788194, -115.91440820694, 93.365617752075], [45.734527866046, -115.91440820694, 93.365617752075], [44.834527850151, -115.91440820694, 93.365617752075], [43.934527834256, -115.91440820694, 93.365617752075], [43.034527818362, -115.91440820694, 93.365617752075], [42.134527802467, -115.91440820694, 93.365617752075], [41.234527786573, -115.91440820694, 93.365617752075], [40.334527770678, -115.91440820694, 93.365617752075], [39.434527754784, -115.91440820694, 93.365617752075], [38.534527738889, -115.91440820694, 93.365617752075], [37.634527722994, -115.91440820694, 93.365617752075], [36.7345277071, -115.91440820694, 93.365617752075], [35.834527691205, -115.91440820694, 93.365617752075], [34.934527675311, -115.91440820694, 93.365617752075], [34.034527659416, -115.91440820694, 93.365617752075], [33.134527643522, -115.91440820694, 93.365617752075], [32.234527627627, -115.91440820694, 93.365617752075], [31.334527611732, -115.91440820694, 93.365617752075], [30.434527595838, -115.91440820694, 93.365617752075], [29.534527579943, -115.91440820694, 93.365617752075], [28.634527564049, -115.91440820694, 93.365617752075], [27.734527548154, -115.91440820694, 93.365617752075], [26.83452753226, -115.91440820694, 93.365617752075], [25.934527516365, -115.91440820694, 93.365617752075], [25.03452750047, -115.91440820694, 93.365617752075], [24.134527484576, -115.91440820694, 93.365617752075], [23.234527468681, -115.91440820694, 93.365617752075], [22.334527452787, -115.91440820694, 93.365617752075], [21.434527436892, -115.91440820694, 93.365617752075], [20.534527420998, -115.91440820694, 93.365617752075], [19.634527405103, -115.91440820694, 93.365617752075], [18.734527389208, -115.91440820694, 93.365617752075], [17.834527373314, -115.91440820694, 93.365617752075], [16.934527357419, -115.91440820694, 93.365617752075], [16.034527341525, -115.91440820694, 93.365617752075], [15.13452732563, -115.91440820694, 93.365617752075], [14.234527309736, -115.91440820694, 93.365617752075], [13.334527293841, -115.91440820694, 93.365617752075], [12.434527277946, -115.91440820694, 93.365617752075], [11.534527262052, -115.91440820694, 93.365617752075], [10.634527246157, -115.91440820694, 93.365617752075], [9.7345272302628, -115.91440820694, 93.365617752075], [8.8345272143682, -115.91440820694, 93.365617752075], [7.9345271984736, -115.91440820694, 93.365617752075], [7.034527182579, -115.91440820694, 93.365617752075], [6.1345271666845, -115.91440820694, 93.365617752075], [5.2345271507899, -115.91440820694, 93.365617752075], [4.3345271348953, -115.91440820694, 93.365617752075], [3.4345271190008, -115.91440820694, 93.365617752075], [2.5345271031062, -115.91440820694, 93.365617752075], [1.6345270872116, -115.91440820694, 93.365617752075], [0.73452707131704, -115.91440820694, 93.365617752075], [-0.1654729445775, -115.91440820694, 93.365617752075], [-1.0654729604721, -115.91440820694, 93.365617752075], [-1.9654729763667, -115.91440820694, 93.365617752075], [-2.8654729922613, -115.91440820694, 93.365617752075], [-3.7654730081558, -115.91440820694, 93.365617752075], [-4.6654730240504, -115.91440820694, 93.365617752075], [-5.565473039945, -115.91440820694, 93.365617752075], [-6.4654730558395, -115.91440820694, 93.365617752075], [-7.3654730717341, -115.91440820694, 93.365617752075], [-8.2654730876287, -115.91440820694, 93.365617752075], [-9.1654731035233, -115.91440820694, 93.365617752075], [-10.065473119418, -115.91440820694, 93.365617752075], [-10.965473135312, -115.91440820694, 93.365617752075], [-11.865473151207, -115.91440820694, 93.365617752075], [-12.765473167102, -115.91440820694, 93.365617752075], [-13.665473182996, -115.91440820694, 93.365617752075], [-14.565473198891, -115.91440820694, 93.365617752075], [-15.465473214785, -115.91440820694, 93.365617752075], [-16.36547323068, -115.91440820694, 93.365617752075], [-17.265473246574, -115.91440820694, 93.365617752075], [-18.165473262469, -115.91440820694, 93.365617752075], [-19.065473278364, -115.91440820694, 93.365617752075], [-19.965473294258, -115.91440820694, 93.365617752075], [-20.865473310153, -115.91440820694, 93.365617752075], [-21.765473326047, -115.91440820694, 93.365617752075], [-22.665473341942, -115.91440820694, 93.365617752075], [-23.565473357836, -115.91440820694, 93.365617752075], [-24.465473373731, -115.91440820694, 93.365617752075], [-25.365473389626, -115.91440820694, 93.365617752075], [-26.26547340552, -115.91440820694, 93.365617752075], [-27.165473421415, -115.91440820694, 93.365617752075], [-28.065473437309, -115.91440820694, 93.365617752075], [-28.965473453204, -115.91440820694, 93.365617752075], [-29.865473469098, -115.91440820694, 93.365617752075], [-30.765473484993, -115.91440820694, 93.365617752075], [-31.665473500888, -115.91440820694, 93.365617752075], [-32.565473516782, -115.91440820694, 93.365617752075], [-33.465473532677, -115.91440820694, 93.365617752075], [-34.365473548571, -115.91440820694, 93.365617752075], [-35.265473564466, -115.91440820694, 93.365617752075], [-36.16547358036, -115.91440820694, 93.365617752075], [-37.065473596255, -115.91440820694, 93.365617752075], [-37.96547361215, -115.91440820694, 93.365617752075], [-38.865473628044, -115.91440820694, 93.365617752075], [-39.765473643939, -115.91440820694, 93.365617752075], [-40.665473659833, -115.91440820694, 93.365617752075], [-41.565473675728, -115.91440820694, 93.365617752075], [-42.465473691622, -115.91440820694, 93.365617752075], [-43.365473707517, -115.91440820694, 93.365617752075], [-44.265473723412, -115.91440820694, 93.365617752075], [-45.165473739306, -115.91440820694, 93.365617752075], [-46.065473755201, -115.91440820694, 93.365617752075], [-46.965473771095, -115.91440820694, 93.365617752075], [-47.86547378699, -115.91440820694, 93.365617752075], [-48.765473802884, -115.91440820694, 93.365617752075], [-49.665473818779, -115.91440820694, 93.365617752075], [-50.565473834674, -115.91440820694, 93.365617752075], [-51.465473850568, -115.91440820694, 93.365617752075], [-52.365473866463, -115.91440820694, 93.365617752075], [-53.265473882357, -115.91440820694, 93.365617752075], [-54.165473898252, -115.91440820694, 93.365617752075], [-55.065473914146, -115.91440820694, 93.365617752075], [-55.965473930041, -115.91440820694, 93.365617752075], [-56.865473945936, -115.91440820694, 93.365617752075], [-57.76547396183, -115.91440820694, 93.365617752075], [-58.665473977725, -115.91440820694, 93.365617752075], [-59.565473993619, -115.91440820694, 93.365617752075], [-60.465474009514, -115.91440820694, 93.365617752075], [-61.365474025408, -115.91440820694, 93.365617752075], [-62.265474041303, -115.91440820694, 93.365617752075], [-63.165474057198, -115.91440820694, 93.365617752075], [-64.065474073092, -115.91440820694, 93.365617752075], [-64.965474088987, -115.91440820694, 93.365617752075], [-65.865474104881, -115.91440820694, 93.365617752075], [-66.765474120776, -115.91440820694, 93.365617752075], [-67.66547413667, -115.91440820694, 93.365617752075], [-68.565474152565, -115.91440820694, 93.365617752075], [-69.46547416846, -115.91440820694, 93.365617752075], [-70.365474184354, -115.91440820694, 93.365617752075], [-71.265474200249, -115.91440820694, 93.365617752075], [-72.165474216143, -115.91440820694, 93.365617752075], [-73.065474232038, -115.91440820694, 93.365617752075], [-73.965474247932, -115.91440820694, 93.365617752075], [-74.865474263827, -115.91440820694, 93.365617752075], [-75.765474279722, -115.91440820694, 93.365617752075], [-76.665474295616, -115.91440820694, 93.365617752075], [-77.565474311511, -115.91440820694, 93.365617752075], [-78.465474327405, -115.91440820694, 93.365617752075], [-79.3654743433, -115.91440820694, 93.365617752075], [-80.265474359194, -115.91440820694, 93.365617752075], [-81.165474375089, -115.91440820694, 93.365617752075], [-82.065474390984, -115.91440820694, 93.365617752075], [-82.965474406878, -115.91440820694, 93.365617752075], [-83.865474422773, -115.91440820694, 93.365617752075], [-84.765474438667, -115.91440820694, 93.365617752075], [-85.665474454562, -115.91440820694, 93.365617752075], [-86.565474470456, -115.91440820694, 93.365617752075], [-87.465474486351, -115.91440820694, 93.365617752075], [-88.365474502246, -115.91440820694, 93.365617752075]], "InstanceCreationTime": ["172005.375000", "172005.375000", "172005.375000", "172005.375000", "172005.375000", "172005.375000", "172005.359000", "172005.343000", "172005.343000", "172005.343000", "172005.343000", "172005.343000", "172005.343000", "172005.343000", "172005.328000", "172005.328000", "172005.328000", "172005.328000", "172005.312000", "172005.312000", "172005.296000", "172005.296000", "172005.281000", "172005.265000", "172005.265000", "172005.265000", "172005.265000", "172005.265000", "172005.265000", "172005.265000", "172005.265000", "172005.250000", "172005.250000", "172005.250000", "172005.250000", "172005.250000", "172005.250000", "172005.250000", "172005.234000", "172005.234000", "172005.234000", "172005.218000", "172005.218000", "172005.218000", "172005.218000", "172005.218000", "172005.203000", "172005.203000", "172005.203000", "172005.203000", "172005.203000", "172005.203000", "172005.203000", "172005.203000", "172005.187000", "172005.187000", "172005.187000", "172005.187000", "172005.187000", "172005.187000", "172005.187000", "172005.187000", "172005.171000", "172005.171000", "172005.171000", "172005.171000", "172005.171000", "172005.156000", "172005.156000", "172005.156000", "172005.140000", "172005.140000", "172005.140000", "172005.140000", "172005.140000", "172005.140000", "172005.140000", "172005.140000", "172005.125000", "172005.125000", "172005.125000", "172005.125000", "172005.125000", "172005.125000", "172005.109000", "172005.109000", "172005.109000", "172005.109000", "172005.109000", "172005.109000", "172005.109000", "172005.093000", "172005.093000", "172005.093000", "172005.093000", "172005.078000", "172005.078000", "172005.078000", "172005.078000", "172005.078000", "172005.078000", "172005.078000", "172005.062000", "172005.062000", "172005.062000", "172005.062000", "172005.062000", "172005.062000", "172005.062000", "172005.062000", "172005.046000", "172005.046000", "172005.046000", "172005.046000", "172005.046000", "172005.046000", "172005.046000", "172005.031000", "172005.031000", "172005.031000", "172005.031000", "172005.015000", "172005.015000", "172005.015000", "172005.015000", "172005.015000", "172005.015000", "172005.000000", "172005.000000", "172005.000000", "172005.000000", "172005.000000", "172005.000000", "172005.000000", "172004.984000", "172004.984000", "172004.984000", "172004.968000", "172004.968000", "172004.953000", "172004.953000", "172004.953000", "172004.937000", "172004.937000", "172004.937000", "172004.937000", "172004.937000", "172004.937000", "172004.937000", "172004.921000", "172004.921000", "172004.906000", "172004.906000", "172004.906000", "172004.906000", "172004.906000", "172004.906000", "172004.890000", "172004.890000", "172004.890000", "172004.890000", "172004.890000", "172004.890000", "172004.875000", "172004.859000", "172004.859000", "172004.859000", "172004.859000", "172004.859000", "172004.859000", "172004.843000", "172004.843000", "172004.843000", "172004.843000", "172004.828000", "172004.828000", "172004.828000", "172004.812000", "172004.812000", "172004.812000", "172004.812000", "172004.812000", "172004.812000", "172004.812000", "172004.796000", "172004.796000", "172004.796000", "172004.796000", "172004.796000", "172004.781000", "172004.765000", "172004.765000"], "InstanceNumber": [192, 191, 190, 189, 188, 187, 186, 185, 184, 183, 182, 181, 180, 179, 178, 177, 176, 175, 174, 173, 172, 171, 170, 169, 168, 167, 166, 165, 164, 163, 162, 161, 160, 159, 158, 157, 156, 155, 154, 153, 152, 151, 150, 149, 148, 147, 146, 145, 144, 143, 142, 141, 140, 139, 138, 137, 136, 135, 134, 133, 132, 131, 130, 129, 128, 127, 126, 125, 124, 123, 122, 121, 120, 119, 118, 117, 116, 115, 114, 113, 112, 111, 110, 109, 108, 107, 106, 105, 104, 103, 102, 101, 100, 99, 98, 97, 96, 95, 94, 93, 92, 91, 90, 89, 88, 87, 86, 85, 84, 83, 82, 81, 80, 79, 78, 77, 76, 75, 74, 73, 72, 71, 70, 69, 68, 67, 66, 65, 64, 63, 62, 61, 60, 59, 58, 57, 56, 55, 54, 53, 52, 51, 50, 49, 48, 47, 46, 45, 44, 43, 42, 41, 40, 39, 38, 37, 36, 35, 34, 33, 32, 31, 30, 29, 28, 27, 26, 25, 24, 23, 22, 21, 20, 19, 18, 17, 16, 15, 14, 13, 12, 11, 10, 9, 8, 7, 6, 5, 4, 3, 2, 1], "LargestImagePixelValue": [39, 41, 38, 81, 257, 368, 459, 569, 598, 604, 614, 615, 631, 628, 568, 601, 617, 628, 624, 622, 680, 652, 635, 641, 626, 637, 646, 671, 668, 700, 684, 707, 725, 758, 846, 829, 811, 767, 789, 781, 783, 793, 735, 756, 736, 767, 766, 798, 725, 741, 749, 779, 743, 736, 735, 709, 698, 728, 739, 731, 772, 862, 855, 871, 813, 793, 786, 861, 773, 771, 791, 721, 784, 660, 699, 709, 700, 691, 804, 958, 877, 893, 688, 741, 678, 657, 716, 651, 649, 671, 691, 667, 653, 644, 660, 615, 676, 616, 645, 636, 651, 684, 656, 618, 650, 633, 725, 753, 690, 651, 697, 766, 707, 707, 693, 687, 655, 654, 671, 650, 688, 653, 662, 780, 804, 797, 743, 672, 698, 712, 729, 727, 717, 669, 670, 708, 666, 656, 695, 663, 683, 673, 648, 646, 656, 626, 613, 645, 627, 628, 635, 624, 635, 596, 640, 612, 649, 709, 675, 599, 584, 591, 582, 596, 585, 617, 571, 578, 588, 574, 619, 605, 630, 629, 604, 618, 562, 541, 514, 453, 415, 440, 448, 426, 522, 447, 370, 342, 201, 35, 20, 18], "SliceLocation": [83.534528533618, 82.634528517723, 81.734528501829, 80.834528485934, 79.934528470039, 79.034528454145, 78.13452843825, 77.234528422356, 76.334528406461, 75.434528390566, 74.534528374672, 73.634528358777, 72.734528342883, 71.834528326988, 70.934528311094, 70.034528295199, 69.134528279305, 68.23452826341, 67.334528247515, 66.434528231621, 65.534528215726, 64.634528199832, 63.734528183937, 62.834528168042, 61.934528152148, 61.034528136253, 60.134528120359, 59.234528104464, 58.33452808857, 57.434528072675, 56.53452805678, 55.634528040886, 54.734528024991, 53.834528009097, 52.934527993202, 52.034527977308, 51.134527961413, 50.234527945518, 49.334527929624, 48.434527913729, 47.534527897835, 46.63452788194, 45.734527866046, 44.834527850151, 43.934527834256, 43.034527818362, 42.134527802467, 41.234527786573, 40.334527770678, 39.434527754784, 38.534527738889, 37.634527722994, 36.7345277071, 35.834527691205, 34.934527675311, 34.034527659416, 33.134527643522, 32.234527627627, 31.334527611732, 30.434527595838, 29.534527579943, 28.634527564049, 27.734527548154, 26.83452753226, 25.934527516365, 25.03452750047, 24.134527484576, 23.234527468681, 22.334527452787, 21.434527436892, 20.534527420998, 19.634527405103, 18.734527389208, 17.834527373314, 16.934527357419, 16.034527341525, 15.13452732563, 14.234527309736, 13.334527293841, 12.434527277946, 11.534527262052, 10.634527246157, 9.7345272302628, 8.8345272143682, 7.9345271984736, 7.034527182579, 6.1345271666845, 5.2345271507899, 4.3345271348953, 3.4345271190008, 2.5345271031062, 1.6345270872116, 0.73452707131704, -0.1654729445775, -1.0654729604721, -1.9654729763667, -2.8654729922613, -3.7654730081558, -4.6654730240504, -5.565473039945, -6.4654730558395, -7.3654730717341, -8.2654730876287, -9.1654731035233, -10.065473119418, -10.965473135312, -11.865473151207, -12.765473167102, -13.665473182996, -14.565473198891, -15.465473214785, -16.36547323068, -17.265473246574, -18.165473262469, -19.065473278364, -19.965473294258, -20.865473310153, -21.765473326047, -22.665473341942, -23.565473357836, -24.465473373731, -25.365473389626, -26.26547340552, -27.165473421415, -28.065473437309, -28.965473453204, -29.865473469098, -30.765473484993, -31.665473500888, -32.565473516782, -33.465473532677, -34.365473548571, -35.265473564466, -36.16547358036, -37.065473596255, -37.96547361215, -38.865473628044, -39.765473643939, -40.665473659833, -41.565473675728, -42.465473691622, -43.365473707517, -44.265473723412, -45.165473739306, -46.065473755201, -46.965473771095, -47.86547378699, -48.765473802884, -49.665473818779, -50.565473834674, -51.465473850568, -52.365473866463, -53.265473882357, -54.165473898252, -55.065473914146, -55.965473930041, -56.865473945936, -57.76547396183, -58.665473977725, -59.565473993619, -60.465474009514, -61.365474025408, -62.265474041303, -63.165474057198, -64.065474073092, -64.965474088987, -65.865474104881, -66.765474120776, -67.66547413667, -68.565474152565, -69.46547416846, -70.365474184354, -71.265474200249, -72.165474216143, -73.065474232038, -73.965474247932, -74.865474263827, -75.765474279722, -76.665474295616, -77.565474311511, -78.465474327405, -79.3654743433, -80.265474359194, -81.165474375089, -82.065474390984, -82.965474406878, -83.865474422773, -84.765474438667, -85.665474454562, -86.565474470456, -87.465474486351, -88.365474502246], "WindowCenter": [19.0, 20.0, 19.0, 23.0, 43.0, 142.0, 214.0, 276.0, 325.0, 305.0, 286.0, 280.0, 278.0, 277.0, 290.0, 301.0, 308.0, 309.0, 312.0, 320.0, 324.0, 321.0, 318.0, 316.0, 308.0, 306.0, 304.0, 307.0, 310.0, 313.0, 308.0, 305.0, 303.0, 304.0, 305.0, 303.0, 303.0, 304.0, 306.0, 306.0, 305.0, 305.0, 306.0, 307.0, 308.0, 310.0, 312.0, 314.0, 317.0, 320.0, 321.0, 321.0, 323.0, 325.0, 327.0, 327.0, 328.0, 327.0, 326.0, 326.0, 324.0, 322.0, 321.0, 320.0, 320.0, 320.0, 320.0, 320.0, 319.0, 318.0, 318.0, 318.0, 318.0, 319.0, 317.0, 317.0, 315.0, 314.0, 314.0, 313.0, 312.0, 309.0, 305.0, 303.0, 302.0, 300.0, 298.0, 294.0, 289.0, 287.0, 285.0, 284.0, 284.0, 287.0, 292.0, 294.0, 298.0, 298.0, 300.0, 301.0, 303.0, 304.0, 303.0, 303.0, 303.0, 305.0, 306.0, 306.0, 306.0, 306.0, 307.0, 309.0, 308.0, 309.0, 308.0, 308.0, 309.0, 310.0, 309.0, 309.0, 309.0, 309.0, 310.0, 311.0, 312.0, 313.0, 314.0, 314.0, 314.0, 315.0, 314.0, 312.0, 312.0, 311.0, 312.0, 310.0, 314.0, 312.0, 313.0, 310.0, 309.0, 309.0, 305.0, 303.0, 299.0, 295.0, 293.0, 290.0, 288.0, 287.0, 285.0, 284.0, 284.0, 283.0, 287.0, 288.0, 295.0, 302.0, 305.0, 303.0, 315.0, 319.0, 326.0, 331.0, 334.0, 338.0, 341.0, 341.0, 339.0, 334.0, 335.0, 326.0, 311.0, 310.0, 309.0, 292.0, 245.0, 226.0, 196.0, 208.0, 213.0, 211.0, 217.0, 220.0, 232.0, 235.0, 227.0, 155.0, 34.0, 17.0, 10.0, 9.0], "WindowWidth": [39.0, 41.0, 38.0, 59.0, 127.0, 330.0, 460.0, 584.0, 672.0, 646.0, 620.0, 615.0, 616.0, 617.0, 641.0, 660.0, 672.0, 676.0, 682.0, 697.0, 706.0, 703.0, 700.0, 700.0, 690.0, 687.0, 685.0, 690.0, 696.0, 702.0, 695.0, 690.0, 687.0, 689.0, 692.0, 690.0, 689.0, 691.0, 691.0, 689.0, 686.0, 685.0, 686.0, 689.0, 692.0, 696.0, 701.0, 707.0, 712.0, 718.0, 719.0, 719.0, 721.0, 723.0, 725.0, 723.0, 724.0, 723.0, 719.0, 718.0, 717.0, 714.0, 709.0, 709.0, 710.0, 711.0, 710.0, 708.0, 701.0, 697.0, 694.0, 693.0, 695.0, 695.0, 692.0, 689.0, 686.0, 684.0, 684.0, 686.0, 685.0, 679.0, 668.0, 665.0, 664.0, 661.0, 659.0, 653.0, 646.0, 645.0, 643.0, 642.0, 639.0, 643.0, 651.0, 650.0, 654.0, 655.0, 658.0, 659.0, 663.0, 667.0, 666.0, 664.0, 665.0, 668.0, 669.0, 669.0, 667.0, 666.0, 669.0, 672.0, 670.0, 671.0, 670.0, 671.0, 674.0, 675.0, 674.0, 674.0, 675.0, 674.0, 677.0, 682.0, 686.0, 689.0, 692.0, 695.0, 696.0, 697.0, 697.0, 694.0, 691.0, 691.0, 693.0, 691.0, 697.0, 695.0, 697.0, 691.0, 692.0, 692.0, 685.0, 681.0, 675.0, 668.0, 664.0, 657.0, 654.0, 653.0, 650.0, 648.0, 649.0, 647.0, 654.0, 658.0, 668.0, 678.0, 683.0, 679.0, 697.0, 702.0, 711.0, 719.0, 722.0, 728.0, 733.0, 733.0, 729.0, 721.0, 720.0, 703.0, 676.0, 672.0, 665.0, 630.0, 538.0, 494.0, 435.0, 443.0, 446.0, 436.0, 446.0, 446.0, 463.0, 464.0, 444.0, 334.0, 99.0, 35.0, 20.0, 18.0]}}}