{"Modality": "MR", "MagneticFieldStrength": 3, "ImagingFrequency": 127.799, "Manufacturer": "GE", "PulseSequenceName": "epi", "InternalPulseSequenceName": "EPI", "ManufacturersModelName": "SIGNA UHP", "InstitutionName": "cni", "DeviceSerialNumber": "00000650723PSYMR", "StationName": "CNIMRI", "BodyPartExamined": "BRAIN", "PatientPosition": "HFS", "SoftwareVersions": "28\\LX\\MR Software release:RX28.0_R04_UHP3T_2111.a", "MRAcquisitionType": "2D", "SeriesDescription": "task-rest_bold", "ProtocolName": "Russ_MyConnectome_is10ye", "ScanningSequence": "EP\\RM", "SequenceVariant": "NONE", "ScanOptions": "EDR_GEMS\\MP_GEMS\\EPI_GEMS\\HYPERBAND_GEMS\\ACC_GEMS", "ImageType": ["ORIGINAL", "PRIMARY", "OTHER"], "SeriesNumber": 14, "AcquisitionTime": "10:51:53.000000", "AcquisitionNumber": 1, "TriggerDelayTime": 727821, "SliceThickness": 2.8, "SpacingBetweenSlices": 2.8, "SAR": 0.102387, "EchoNumber": 3, "EchoTime": 0.0594, "RepetitionTime": 1.49, "FlipAngle": 53, "PhaseEncodingPolarityGE": "Unflipped", "CoilString": "RM:Nova32ch2", "MultibandAccelerationFactor": 3, "PercentPhaseFOV": 100, "PercentSampling": 100, "AcquisitionMatrixPE": 80, "ReconMatrixPE": 80, "ParallelReductionFactorInPlane": 2, "EffectiveEchoSpacing": 0.000234987, "TotalReadoutTime": 0.018564, "PixelBandwidth": 6250, "PhaseEncodingDirection": "j-", "SliceTiming": [0.701176, 1.40235, 0.613529, 1.31471, 0.525882, 1.22706, 0.438235, 1.13941, 0.350588, 1.05176, 0.262941, 0.964118, 0.175294, 0.876471, 0.0876471, 0.788823, 0, 0.701176, 1.40235, 0.613529, 1.31471, 0.525882, 1.22706, 0.438235, 1.13941, 0.350588, 1.05176, 0.262941, 0.964118, 0.175294, 0.876471, 0.0876471, 0.788823, 0, 0.701176, 1.40235, 0.613529, 1.31471, 0.525882, 1.22706, 0.438235, 1.13941, 0.350588, 1.05176, 0.262941, 0.964118, 0.175294, 0.876471, 0.0876471, 0.788823, 0], "ImageOrientationPatientDICOM": [0.999969, 0.00140681, 0.007792, 0, 0.984091, -0.177667], "InPlanePhaseEncodingDirectionDICOM": "COL", "ConversionSoftware": "dcm2niix", "ConversionSoftwareVersion": "v1.0.20211006", "TaskName": "restME"}