{"AcquisitionMatrixPE": 96, "AcquisitionNumber": 1, "AcquisitionTime": "07:35:16.112500", "BandwidthPerPixelPhaseEncode": 33.602, "BaseResolution": 96, "BodyPartExamined": "BRAIN", "ConsistencyInfo": "N4_VD11D_LATEST_20110129", "ConversionSoftware": "dcm2niix", "ConversionSoftwareVersion": "v1.0.20210317", "DerivedVendorReportedEchoSpacing": 0.000620003, "DeviceSerialNumber": "45239", "DwellTime": 2.6e-06, "EchoTime": 0.03, "EchoTrainLength": 48, "EffectiveEchoSpacing": 0.000310001, "FlipAngle": 63, "ImageComments": "Unaliased MB4/PE3", "ImageOrientationPatientDICOM": [0.999819, -0.0168101, 0.00886297, 0.0190035, 0.884421, -0.466302], "ImageType": ["ORIGINAL", "PRIMARY", "M", "ND", "NORM", "MOSAIC"], "ImagingFrequency": 123.193, "InPlanePhaseEncodingDirectionDICOM": "COL", "InstitutionAddress": "E 24th St. 100,Austin,Southmiddle,US,78712", "InstitutionName": "Univ of Texas at Austin", "InstitutionalDepartmentName": "IRC", "MRAcquisitionType": "2D", "MagneticFieldStrength": 3, "Manufacturer": "Siemens", "ManufacturersModelName": "Skyra", "Modality": "MR", "MultibandAccelerationFactor": 4, "ParallelReductionFactorInPlane": 2, "PartialFourier": 1, "PatientPosition": "HFS", "PercentPhaseFOV": 100, "PercentSampling": 100, "PhaseEncodingDirection": "j-", "PhaseEncodingSteps": 96, "PhaseResolution": 1, "PixelBandwidth": 2005, "ProcedureStepDescription": "Poldrack2^self-scanning", "ProtocolName": "Resting State fMRI MBEPI_matrix96_BW2004", "PulseSequenceDetails": "%CustomerSeq%\\cmrr_mbep2d_bold", "ReceiveCoilActiveElements": "HEA;HEP", "ReceiveCoilName": "Head_32", "ReconMatrixPE": 96, "RefLinesPE": 94, "RepetitionTime": 1.16, "SAR": 0.104078, "ScanOptions": "FS", "ScanningSequence": "EP", "SequenceName": "epfid2d1_96", "SequenceVariant": "SK", "SeriesDescription": "Resting State fMRI MBEPI_matrix96_BW2004", "SeriesNumber": 8, "ShimSetting": [-2782, 8028, -15399, 102, -193, 72, 291, -40], "SliceThickness": 2, "SliceTiming": [0, 0.4975, 0.9975, 0.355, 0.855, 0.2125, 0.7125, 0.07, 0.57, 1.0675, 0.4275, 0.925, 0.285, 0.7825, 0.1425, 0.64, 0, 0.4975, 0.9975, 0.355, 0.855, 0.2125, 0.7125, 0.07, 0.57, 1.0675, 0.4275, 0.925, 0.285, 0.7825, 0.1425, 0.64, 0, 0.4975, 0.9975, 0.355, 0.855, 0.2125, 0.7125, 0.07, 0.57, 1.0675, 0.4275, 0.925, 0.285, 0.7825, 0.1425, 0.64, 0, 0.4975, 0.9975, 0.355, 0.855, 0.2125, 0.7125, 0.07, 0.57, 1.0675, 0.4275, 0.925, 0.285, 0.7825, 0.1425, 0.64], "SoftwareVersions": "syngo MR D11", "SpacingBetweenSlices": 2.4, "StationName": "AWP45239", "TaskName": "Resting fmri", "TotalReadoutTime": 0.0294501, "TxRefAmp": 343.796, "WipMemBlock": "876ef57f-254d-4e47-969a-502fe80a293a||Sequence: VD11D r206; Feb 13 2013 18:52:04 by eja", "dcmmeta_affine": [[-2.3954005241394043, 0.045529209077358246, -2.7975012528713705e-08, 117.01507568359375], [0.04027428850531578, 2.1189258098602295, -1.1193279027938843, -87.70051574707031], [0.021234190091490746, 1.1171828508377075, 2.1229944229125977, -75.44410705566406], [0.0, 0.0, 0.0, 1.0]], "dcmmeta_reorient_transform": [[0.0, -1.0, 0.0, 95.0], [1.0, 0.0, 0.0, 0.0], [0.0, 0.0, 1.0, 0.0], [0.0, 0.0, 0.0, 1.0]], "dcmmeta_shape": [96, 96, 64, 518], "dcmmeta_slice_dim": 2, "dcmmeta_version": 0.6, "global": {"const": {"AcquisitionMatrix": [96, 0, 0, 96], "AngioFlag": "N", "BitsAllocated": 16, "BitsStored": 16, "BodyPartExamined": "BRAIN", "Columns": 768, "EchoNumbers": 1, "EchoTime": 30.0, "EchoTrainLength": 48, "FlipAngle": 63.0, "HighBit": 15, "ImageOrientationPatient": [0.99981941724235, -0.0168101376594, 0.008862966605, 0.01900349718256, 0.88442124313048, -0.4663024038051], "ImagePositionPatient": [-941.49276610222, -812.02435604524, 398.92699188167], "ImageType": ["ORIGINAL", "PRIMARY", "M", "ND", "NORM", "MOSAIC"], "ImagedNucleus": "1H", "ImagingFrequency": 123.1932, "InPlanePhaseEncodingDirection": "COL", "MRAcquisitionType": "2D", "MagneticFieldStrength": 3.0, "Manufacturer": "SIEMENS", "ManufacturerModelName": "Skyra", "Modality": "MR", "NumberOfAverages": 1.0, "NumberOfPhaseEncodingSteps": 96, "PercentPhaseFieldOfView": 100.0, "PercentSampling": 100.0, "PerformedProcedureStepStartTime": "071353.359000", "PhotometricInterpretation": "MONOCHROME2", "PixelBandwidth": 2005.0, "PixelRepresentation": 0, "PixelSpacing": [2.3958332538605, 2.3958332538605], "ProtocolName": "Resting State fMRI MBEPI_matrix96_BW2004", "RepetitionTime": 1160.0, "Rows": 768, "SAR": 0.10407780711206, "SamplesPerPixel": 1, "ScanOptions": "FS", "ScanningSequence": "EP", "SequenceName": "epfid2d1_96", "SequenceVariant": "SK", "SeriesDescription": "Resting State fMRI MBEPI_matrix96_BW2004", "SeriesNumber": 8, "SeriesTime": "073555.359000", "SliceLocation": -25.834079055058, "SliceThickness": 2.0, "SmallestImagePixelValue": 0, "SoftwareVersions": "syngo MR D11", "SpacingBetweenSlices": 2.4000000138939, "SpecificCharacterSet": "ISO_IR 100", "StudyID": "1", "StudyTime": "071353.296000", "TransmitCoilName": "Body", "VariableFlipAngleFlag": "N", "WindowCenterWidthExplanation": "Algo1", "dBdt": 0.0}, "slices": {}}, "time": {"samples": {"AcquisitionNumber": [1, 2, 3, 4, 5, 6, 7, 8, 9, 10, 11, 12, 13, 14, 15, 16, 17, 18, 19, 20, 21, 22, 23, 24, 25, 26, 27, 28, 29, 30, 31, 32, 33, 34, 35, 36, 37, 38, 39, 40, 41, 42, 43, 44, 45, 46, 47, 48, 49, 50, 51, 52, 53, 54, 55, 56, 57, 58, 59, 60, 61, 62, 63, 64, 65, 66, 67, 68, 69, 70, 71, 72, 73, 74, 75, 76, 77, 78, 79, 80, 81, 82, 83, 84, 85, 86, 87, 88, 89, 90, 91, 92, 93, 94, 95, 96, 97, 98, 99, 100, 101, 102, 103, 104, 105, 106, 107, 108, 109, 110, 111, 112, 113, 114, 115, 116, 117, 118, 119, 120, 121, 122, 123, 124, 125, 126, 127, 128, 129, 130, 131, 132, 133, 134, 135, 136, 137, 138, 139, 140, 141, 142, 143, 144, 145, 146, 147, 148, 149, 150, 151, 152, 153, 154, 155, 156, 157, 158, 159, 160, 161, 162, 163, 164, 165, 166, 167, 168, 169, 170, 171, 172, 173, 174, 175, 176, 177, 178, 179, 180, 181, 182, 183, 184, 185, 186, 187, 188, 189, 190, 191, 192, 193, 194, 195, 196, 197, 198, 199, 200, 201, 202, 203, 204, 205, 206, 207, 208, 209, 210, 211, 212, 213, 214, 215, 216, 217, 218, 219, 220, 221, 222, 223, 224, 225, 226, 227, 228, 229, 230, 231, 232, 233, 234, 235, 236, 237, 238, 239, 240, 241, 242, 243, 244, 245, 246, 247, 248, 249, 250, 251, 252, 253, 254, 255, 256, 257, 258, 259, 260, 261, 262, 263, 264, 265, 266, 267, 268, 269, 270, 271, 272, 273, 274, 275, 276, 277, 278, 279, 280, 281, 282, 283, 284, 285, 286, 287, 288, 289, 290, 291, 292, 293, 294, 295, 296, 297, 298, 299, 300, 301, 302, 303, 304, 305, 306, 307, 308, 309, 310, 311, 312, 313, 314, 315, 316, 317, 318, 319, 320, 321, 322, 323, 324, 325, 326, 327, 328, 329, 330, 331, 332, 333, 334, 335, 336, 337, 338, 339, 340, 341, 342, 343, 344, 345, 346, 347, 348, 349, 350, 351, 352, 353, 354, 355, 356, 357, 358, 359, 360, 361, 362, 363, 364, 365, 366, 367, 368, 369, 370, 371, 372, 373, 374, 375, 376, 377, 378, 379, 380, 381, 382, 383, 384, 385, 386, 387, 388, 389, 390, 391, 392, 393, 394, 395, 396, 397, 398, 399, 400, 401, 402, 403, 404, 405, 406, 407, 408, 409, 410, 411, 412, 413, 414, 415, 416, 417, 418, 419, 420, 421, 422, 423, 424, 425, 426, 427, 428, 429, 430, 431, 432, 433, 434, 435, 436, 437, 438, 439, 440, 441, 442, 443, 444, 445, 446, 447, 448, 449, 450, 451, 452, 453, 454, 455, 456, 457, 458, 459, 460, 461, 462, 463, 464, 465, 466, 467, 468, 469, 470, 471, 472, 473, 474, 475, 476, 477, 478, 479, 480, 481, 482, 483, 484, 485, 486, 487, 488, 489, 490, 491, 492, 493, 494, 495, 496, 497, 498, 499, 500, 501, 502, 503, 504, 505, 506, 507, 508, 509, 510, 511, 512, 513, 514, 515, 516, 517, 518], "AcquisitionTime": ["073516.112500", "073545.112500", "073546.272500", "073547.432500", "073548.592500", "073549.752500", "073550.912500", "073552.072500", "073553.232500", "073554.392500", "073555.552500", "073556.712500", "073557.872500", "073559.032500", "073600.192500", "073601.352500", "073602.512500", "073603.672500", "073604.832500", "073605.992500", "073607.152500", "073608.312500", "073609.472500", "073610.632500", "073611.792500", "073612.952500", "073614.112500", "073615.272500", "073616.432500", "073617.592500", "073618.752500", "073619.912500", "073621.072500", "073622.232500", "073623.392500", "073624.552500", "073625.712500", "073626.872500", "073628.032500", "073629.192500", "073630.352500", "073631.512500", "073632.672500", "073633.832500", "073634.992500", "073636.152500", "073637.312500", "073638.472500", "073639.632500", "073640.792500", "073641.952500", "073643.112500", "073644.272500", "073645.432500", "073646.592500", "073647.752500", "073648.912500", "073650.072500", "073651.232500", "073652.392500", "073653.552500", "073654.712500", "073655.872500", "073657.032500", "073658.192500", "073659.352500", "073700.512500", "073701.672500", "073702.832500", "073703.992500", "073705.152500", "073706.312500", "073707.472500", "073708.632500", "073709.792500", "073710.952500", "073712.112500", "073713.272500", "073714.432500", "073715.592500", "073716.752500", "073717.912500", "073719.072500", "073720.232500", "073721.392500", "073722.552500", "073723.712500", "073724.872500", "073726.032500", "073727.192500", "073728.352500", "073729.512500", "073730.672500", "073731.832500", "073732.992500", "073734.152500", "073735.312500", "073736.472500", "073737.632500", "073738.792500", "073739.952500", "073741.112500", "073742.272500", "073743.432500", "073744.592500", "073745.752500", "073746.912500", "073748.072500", "073749.232500", "073750.392500", "073751.552500", "073752.712500", "073753.872500", "073755.032500", "073756.192500", "073757.352500", "073758.512500", "073759.672500", "073800.832500", "073801.992500", "073803.152500", "073804.312500", "073805.472500", "073806.632500", "073807.792500", "073808.952500", "073810.112500", "073811.272500", "073812.432500", "073813.592500", "073814.752500", "073815.912500", "073817.072500", "073818.232500", "073819.392500", "073820.552500", "073821.712500", "073822.872500", "073824.032500", "073825.192500", "073826.352500", "073827.512500", "073828.672500", "073829.832500", "073830.992500", "073832.152500", "073833.312500", "073834.472500", "073835.632500", "073836.792500", "073837.952500", "073839.112500", "073840.272500", "073841.432500", "073842.592500", "073843.752500", "073844.912500", "073846.072500", "073847.232500", "073848.392500", "073849.552500", "073850.712500", "073851.872500", "073853.032500", "073854.192500", "073855.352500", "073856.512500", "073857.672500", "073858.832500", "073859.992500", "073901.152500", "073902.312500", "073903.472500", "073904.632500", "073905.792500", "073906.952500", "073908.112500", "073909.272500", "073910.432500", "073911.592500", "073912.752500", "073913.912500", "073915.072500", "073916.232500", "073917.392500", "073918.552500", "073919.712500", "073920.872500", "073922.032500", "073923.192500", "073924.352500", "073925.512500", "073926.672500", "073927.832500", "073928.992500", "073930.155000", "073931.315000", "073932.475000", "073933.635000", "073934.795000", "073935.955000", "073937.115000", "073938.275000", "073939.435000", "073940.595000", "073941.755000", "073942.915000", "073944.075000", "073945.235000", "073946.395000", "073947.555000", "073948.715000", "073949.875000", "073951.035000", "073952.195000", "073953.355000", "073954.515000", "073955.675000", "073956.835000", "073957.995000", "073959.155000", "074000.315000", "074001.475000", "074002.635000", "074003.795000", "074004.955000", "074006.115000", "074007.275000", "074008.435000", "074009.595000", "074010.755000", "074011.915000", "074013.075000", "074014.235000", "074015.395000", "074016.555000", "074017.715000", "074018.875000", "074020.035000", "074021.195000", "074022.355000", "074023.515000", "074024.675000", "074025.835000", "074026.995000", "074028.155000", "074029.315000", "074030.475000", "074031.635000", "074032.795000", "074033.955000", "074035.115000", "074036.275000", "074037.435000", "074038.595000", "074039.755000", "074040.915000", "074042.075000", "074043.235000", "074044.395000", "074045.555000", "074046.715000", "074047.875000", "074049.035000", "074050.195000", "074051.355000", "074052.515000", "074053.675000", "074054.835000", "074055.995000", "074057.155000", "074058.315000", "074059.475000", "074100.635000", "074101.795000", "074102.955000", "074104.115000", "074105.275000", "074106.435000", "074107.595000", "074108.755000", "074109.915000", "074111.075000", "074112.235000", "074113.395000", "074114.555000", "074115.715000", "074116.875000", "074118.035000", "074119.195000", "074120.355000", "074121.515000", "074122.675000", "074123.835000", "074124.995000", "074126.155000", "074127.315000", "074128.475000", "074129.635000", "074130.795000", "074131.955000", "074133.115000", "074134.275000", "074135.435000", "074136.595000", "074137.755000", "074138.915000", "074140.075000", "074141.235000", "074142.395000", "074143.555000", "074144.715000", "074145.875000", "074147.035000", "074148.195000", "074149.355000", "074150.515000", "074151.675000", "074152.835000", "074153.995000", "074155.155000", "074156.315000", "074157.475000", "074158.635000", "074159.795000", "074200.955000", "074202.115000", "074203.275000", "074204.435000", "074205.595000", "074206.755000", "074207.915000", "074209.075000", "074210.235000", "074211.395000", "074212.555000", "074213.715000", "074214.875000", "074216.035000", "074217.195000", "074218.355000", "074219.515000", "074220.675000", "074221.835000", "074222.995000", "074224.155000", "074225.315000", "074226.475000", "074227.635000", "074228.795000", "074229.955000", "074231.115000", "074232.275000", "074233.435000", "074234.595000", "074235.755000", "074236.915000", "074238.075000", "074239.235000", "074240.395000", "074241.555000", "074242.715000", "074243.875000", "074245.035000", "074246.195000", "074247.355000", "074248.515000", "074249.675000", "074250.835000", "074251.995000", "074253.155000", "074254.315000", "074255.475000", "074256.635000", "074257.795000", "074258.955000", "074300.115000", "074301.275000", "074302.435000", "074303.595000", "074304.755000", "074305.915000", "074307.075000", "074308.235000", "074309.395000", "074310.555000", "074311.715000", "074312.875000", "074314.035000", "074315.195000", "074316.355000", "074317.515000", "074318.675000", "074319.835000", "074320.995000", "074322.155000", "074323.315000", "074324.475000", "074325.635000", "074326.795000", "074327.955000", "074329.115000", "074330.275000", "074331.435000", "074332.595000", "074333.755000", "074334.915000", "074336.075000", "074337.235000", "074338.395000", "074339.555000", "074340.715000", "074341.875000", "074343.035000", "074344.195000", "074345.355000", "074346.515000", "074347.675000", "074348.835000", "074349.995000", "074351.155000", "074352.315000", "074353.475000", "074354.635000", "074355.795000", "074356.955000", "074358.115000", "074359.275000", "074400.435000", "074401.595000", "074402.755000", "074403.915000", "074405.075000", "074406.235000", "074407.395000", "074408.555000", "074409.715000", "074410.875000", "074412.035000", "074413.195000", "074414.355000", "074415.515000", "074416.675000", "074417.835000", "074418.995000", "074420.157500", "074421.317500", "074422.477500", "074423.637500", "074424.797500", "074425.957500", "074427.117500", "074428.277500", "074429.437500", "074430.597500", "074431.757500", "074432.917500", "074434.077500", "074435.237500", "074436.397500", "074437.557500", "074438.717500", "074439.877500", "074441.037500", "074442.197500", "074443.357500", "074444.517500", "074445.677500", "074446.837500", "074447.997500", "074449.157500", "074450.317500", "074451.477500", "074452.637500", "074453.797500", "074454.957500", "074456.117500", "074457.277500", "074458.437500", "074459.597500", "074500.757500", "074501.917500", "074503.077500", "074504.237500", "074505.397500", "074506.557500", "074507.717500", "074508.877500", "074510.037500", "074511.197500", "074512.357500", "074513.517500", "074514.677500", "074515.837500", "074516.997500", "074518.157500", "074519.317500", "074520.477500", "074521.637500", "074522.797500", "074523.957500", "074525.117500", "074526.277500", "074527.437500", "074528.597500", "074529.757500", "074530.917500", "074532.077500", "074533.237500", "074534.397500", "074535.557500", "074536.717500", "074537.877500", "074539.037500", "074540.197500", "074541.357500", "074542.517500", "074543.677500"], "ContentTime": ["073555.359000", "073602.156000", "073602.156000", "073602.171000", "073602.171000", "073602.171000", "073607.156000", "073607.156000", "073607.156000", "073607.171000", "073612.156000", "073612.156000", "073612.156000", "073612.171000", "073617.156000", "073617.156000", "073617.156000", "073622.156000", "073622.156000", "073622.171000", "073622.171000", "073627.156000", "073627.156000", "073627.156000", "073632.156000", "073632.156000", "073632.156000", "073632.171000", "073637.156000", "073637.156000", "073637.156000", "073642.156000", "073642.156000", "073642.156000", "073642.171000", "073647.156000", "073647.156000", "073647.171000", "073647.171000", "073652.156000", "073652.156000", "073652.156000", "073657.156000", "073657.156000", "073657.156000", "073657.171000", "073702.156000", "073702.156000", "073702.156000", "073702.171000", "073707.156000", "073707.156000", "073707.156000", "073712.156000", "073712.156000", "073712.171000", "073712.171000", "073712.171000", "073717.156000", "073717.156000", "073717.171000", "073722.156000", "073722.156000", "073722.156000", "073727.156000", "073727.156000", "073727.171000", "073727.171000", "073727.171000", "073732.156000", "073732.156000", "073732.156000", "073737.156000", "073737.156000", "073737.156000", "073742.156000", "073742.156000", "073742.156000", "073742.171000", "073747.156000", "073747.156000", "073747.156000", "073752.156000", "073752.156000", "073752.156000", "073752.171000", "073757.156000", "073757.156000", "073757.156000", "073802.156000", "073802.156000", "073802.156000", "073802.171000", "073807.156000", "073807.156000", "073807.156000", "073807.171000", "073812.156000", "073812.156000", "073812.156000", "073812.171000", "073817.156000", "073817.156000", "073817.156000", "073822.156000", "073822.171000", "073822.171000", "073822.171000", "073827.156000", "073827.156000", "073827.156000", "073827.171000", "073832.156000", "073832.156000", "073832.156000", "073837.156000", "073837.156000", "073837.156000", "073837.171000", "073842.156000", "073842.156000", "073842.156000", "073842.171000", "073847.156000", "073847.156000", "073847.156000", "073847.171000", "073852.156000", "073852.156000", "073852.156000", "073852.171000", "073857.156000", "073857.156000", "073857.156000", "073857.171000", "073902.156000", "073902.156000", "073902.156000", "073907.156000", "073907.156000", "073907.156000", "073907.171000", "073907.171000", "073912.156000", "073912.171000", "073912.171000", "073912.171000", "073917.156000", "073917.156000", "073917.156000", "073922.156000", "073922.156000", "073922.156000", "073922.171000", "073927.156000", "073927.171000", "073927.171000", "073927.187000", "073932.156000", "073932.156000", "073932.156000", "073932.171000", "073937.156000", "073937.156000", "073937.156000", "073942.156000", "073942.156000", "073942.156000", "073942.171000", "073947.156000", "073947.156000", "073947.156000", "073952.156000", "073952.156000", "073952.156000", "073952.171000", "073957.156000", "073957.156000", "073957.156000", "073957.171000", "074002.156000", "074002.156000", "074002.156000", "074002.171000", "074007.156000", "074007.156000", "074007.156000", "074007.171000", "074012.156000", "074012.171000", "074012.171000", "074012.171000", "074017.156000", "074017.156000", "074017.156000", "074022.156000", "074022.156000", "074022.156000", "074022.171000", "074027.156000", "074027.156000", "074027.156000", "074027.171000", "074032.156000", "074032.156000", "074032.156000", "074032.171000", "074037.156000", "074037.156000", "074037.156000", "074042.156000", "074042.156000", "074042.156000", "074047.156000", "074047.156000", "074047.156000", "074047.171000", "074052.156000", "074052.171000", "074052.171000", "074052.171000", "074057.156000", "074057.156000", "074057.156000", "074102.156000", "074102.171000", "074102.171000", "074102.171000", "074107.156000", "074107.156000", "074107.156000", "074112.156000", "074112.156000", "074112.156000", "074112.171000", "074117.156000", "074117.156000", "074117.156000", "074117.171000", "074122.156000", "074122.156000", "074122.156000", "074127.156000", "074127.156000", "074127.156000", "074127.171000", "074132.156000", "074132.156000", "074132.171000", "074137.156000", "074137.156000", "074137.156000", "074137.171000", "074142.156000", "074142.156000", "074142.156000", "074147.156000", "074147.156000", "074147.171000", "074147.187000", "074152.156000", "074152.156000", "074152.156000", "074152.171000", "074157.156000", "074157.156000", "074157.156000", "074202.156000", "074202.156000", "074202.156000", "074202.171000", "074207.156000", "074207.156000", "074207.156000", "074212.156000", "074212.171000", "074212.171000", "074212.171000", "074217.156000", "074217.156000", "074217.156000", "074217.171000", "074222.156000", "074222.156000", "074222.156000", "074227.156000", "074227.156000", "074227.156000", "074227.171000", "074232.156000", "074232.156000", "074232.156000", "074232.171000", "074237.156000", "074237.156000", "074237.156000", "074242.156000", "074242.156000", "074242.156000", "074242.171000", "074247.156000", "074247.156000", "074247.156000", "074252.156000", "074252.171000", "074252.171000", "074252.171000", "074257.156000", "074257.156000", "074257.156000", "074257.171000", "074302.156000", "074302.156000", "074302.156000", "074302.171000", "074307.156000", "074307.156000", "074307.156000", "074312.156000", "074312.156000", "074312.156000", "074312.171000", "074317.156000", "074317.171000", "074317.171000", "074322.156000", "074322.156000", "074322.156000", "074322.171000", "074327.156000", "074327.156000", "074327.156000", "074332.156000", "074332.156000", "074332.156000", "074332.171000", "074337.156000", "074337.156000", "074337.156000", "074337.171000", "074342.156000", "074342.156000", "074342.156000", "074342.171000", "074347.156000", "074347.156000", "074347.156000", "074352.156000", "074352.156000", "074352.156000", "074357.156000", "074357.156000", "074357.156000", "074357.171000", "074402.156000", "074402.156000", "074402.156000", "074402.171000", "074407.156000", "074407.156000", "074407.156000", "074412.156000", "074412.156000", "074412.171000", "074412.171000", "074417.156000", "074417.171000", "074417.171000", "074417.171000", "074422.156000", "074422.171000", "074422.171000", "074422.171000", "074427.156000", "074427.156000", "074427.171000", "074427.171000", "074432.156000", "074432.156000", "074432.156000", "074437.156000", "074437.156000", "074437.156000", "074437.171000", "074442.156000", "074442.156000", "074442.156000", "074447.156000", "074447.156000", "074447.156000", "074447.171000", "074452.156000", "074452.156000", "074452.156000", "074452.171000", "074457.156000", "074457.156000", "074457.156000", "074502.156000", "074502.156000", "074502.156000", "074502.171000", "074507.156000", "074507.156000", "074507.171000", "074507.171000", "074512.156000", "074512.156000", "074512.156000", "074512.171000", "074517.156000", "074517.156000", "074517.156000", "074517.171000", "074522.156000", "074522.156000", "074522.156000", "074527.156000", "074527.156000", "074527.156000", "074527.171000", "074532.156000", "074532.156000", "074532.156000", "074532.171000", "074537.156000", "074537.156000", "074537.156000", "074537.171000", "074542.156000", "074542.156000", "074542.156000", "074542.171000", "074547.156000", "074547.156000", "074547.156000", "074552.156000", "074552.156000", "074552.156000", "074552.171000", "074557.156000", "074557.156000", "074557.171000", "074557.171000", "074602.156000", "074602.171000", "074602.171000", "074602.171000", "074607.156000", "074607.156000", "074607.156000", "074607.171000", "074612.156000", "074612.156000", "074612.156000", "074612.171000", "074617.171000", "074617.171000", "074617.171000", "074617.171000", "074622.156000", "074622.156000", "074622.156000", "074622.171000", "074627.156000", "074627.156000", "074627.156000", "074627.171000", "074632.156000", "074632.156000", "074632.156000", "074637.156000", "074637.156000", "074637.156000", "074637.171000", "074642.156000", "074642.156000", "074642.156000", "074642.171000", "074647.156000", "074647.156000", "074647.171000", "074647.171000", "074652.156000", "074652.156000", "074652.156000", "074652.171000", "074657.156000", "074657.156000", "074657.156000", "074657.171000", "074702.156000", "074702.156000", "074702.156000", "074707.156000", "074707.156000", "074707.156000", "074707.171000", "074712.156000", "074712.156000", "074712.156000", "074712.171000", "074717.156000", "074717.156000", "074717.156000", "074717.171000", "074722.156000", "074722.156000", "074722.156000", "074722.171000", "074727.156000", "074727.156000", "074727.156000", "074727.171000", "074731.046000", "074731.046000", "074731.046000", "074731.046000"], "InstanceCreationTime": ["073555.359000", "073602.156000", "073602.156000", "073602.171000", "073602.171000", "073602.171000", "073607.156000", "073607.156000", "073607.156000", "073607.171000", "073612.156000", "073612.156000", "073612.156000", "073612.171000", "073617.156000", "073617.156000", "073617.156000", "073622.156000", "073622.156000", "073622.171000", "073622.171000", "073627.156000", "073627.156000", "073627.156000", "073632.156000", "073632.156000", "073632.156000", "073632.171000", "073637.156000", "073637.156000", "073637.156000", "073642.156000", "073642.156000", "073642.156000", "073642.171000", "073647.156000", "073647.156000", "073647.171000", "073647.171000", "073652.156000", "073652.156000", "073652.156000", "073657.156000", "073657.156000", "073657.156000", "073657.171000", "073702.156000", "073702.156000", "073702.156000", "073702.171000", "073707.156000", "073707.156000", "073707.156000", "073712.156000", "073712.156000", "073712.171000", "073712.171000", "073712.171000", "073717.156000", "073717.156000", "073717.171000", "073722.156000", "073722.156000", "073722.156000", "073727.156000", "073727.156000", "073727.171000", "073727.171000", "073727.171000", "073732.156000", "073732.156000", "073732.156000", "073737.156000", "073737.156000", "073737.156000", "073742.156000", "073742.156000", "073742.156000", "073742.171000", "073747.156000", "073747.156000", "073747.156000", "073752.156000", "073752.156000", "073752.156000", "073752.171000", "073757.156000", "073757.156000", "073757.156000", "073802.156000", "073802.156000", "073802.156000", "073802.171000", "073807.156000", "073807.156000", "073807.156000", "073807.171000", "073812.156000", "073812.156000", "073812.156000", "073812.171000", "073817.156000", "073817.156000", "073817.156000", "073822.156000", "073822.171000", "073822.171000", "073822.171000", "073827.156000", "073827.156000", "073827.156000", "073827.171000", "073832.156000", "073832.156000", "073832.156000", "073837.156000", "073837.156000", "073837.156000", "073837.171000", "073842.156000", "073842.156000", "073842.156000", "073842.171000", "073847.156000", "073847.156000", "073847.156000", "073847.171000", "073852.156000", "073852.156000", "073852.156000", "073852.171000", "073857.156000", "073857.156000", "073857.156000", "073857.171000", "073902.156000", "073902.156000", "073902.156000", "073907.156000", "073907.156000", "073907.156000", "073907.171000", "073907.171000", "073912.156000", "073912.171000", "073912.171000", "073912.171000", "073917.156000", "073917.156000", "073917.156000", "073922.156000", "073922.156000", "073922.156000", "073922.171000", "073927.156000", "073927.171000", "073927.171000", "073927.187000", "073932.156000", "073932.156000", "073932.156000", "073932.171000", "073937.156000", "073937.156000", "073937.156000", "073942.156000", "073942.156000", "073942.156000", "073942.171000", "073947.156000", "073947.156000", "073947.156000", "073952.156000", "073952.156000", "073952.156000", "073952.171000", "073957.156000", "073957.156000", "073957.156000", "073957.171000", "074002.156000", "074002.156000", "074002.156000", "074002.171000", "074007.156000", "074007.156000", "074007.156000", "074007.171000", "074012.156000", "074012.171000", "074012.171000", "074012.171000", "074017.156000", "074017.156000", "074017.156000", "074022.156000", "074022.156000", "074022.156000", "074022.171000", "074027.156000", "074027.156000", "074027.156000", "074027.171000", "074032.156000", "074032.156000", "074032.156000", "074032.171000", "074037.156000", "074037.156000", "074037.156000", "074042.156000", "074042.156000", "074042.156000", "074047.156000", "074047.156000", "074047.156000", "074047.171000", "074052.156000", "074052.171000", "074052.171000", "074052.171000", "074057.156000", "074057.156000", "074057.156000", "074102.156000", "074102.171000", "074102.171000", "074102.171000", "074107.156000", "074107.156000", "074107.156000", "074112.156000", "074112.156000", "074112.156000", "074112.171000", "074117.156000", "074117.156000", "074117.156000", "074117.171000", "074122.156000", "074122.156000", "074122.156000", "074127.156000", "074127.156000", "074127.156000", "074127.171000", "074132.156000", "074132.156000", "074132.171000", "074137.156000", "074137.156000", "074137.156000", "074137.171000", "074142.156000", "074142.156000", "074142.156000", "074147.156000", "074147.156000", "074147.171000", "074147.187000", "074152.156000", "074152.156000", "074152.156000", "074152.171000", "074157.156000", "074157.156000", "074157.156000", "074202.156000", "074202.156000", "074202.156000", "074202.171000", "074207.156000", "074207.156000", "074207.156000", "074212.156000", "074212.171000", "074212.171000", "074212.171000", "074217.156000", "074217.156000", "074217.156000", "074217.171000", "074222.156000", "074222.156000", "074222.156000", "074227.156000", "074227.156000", "074227.156000", "074227.171000", "074232.156000", "074232.156000", "074232.156000", "074232.171000", "074237.156000", "074237.156000", "074237.156000", "074242.156000", "074242.156000", "074242.156000", "074242.171000", "074247.156000", "074247.156000", "074247.156000", "074252.156000", "074252.171000", "074252.171000", "074252.171000", "074257.156000", "074257.156000", "074257.156000", "074257.171000", "074302.156000", "074302.156000", "074302.156000", "074302.171000", "074307.156000", "074307.156000", "074307.156000", "074312.156000", "074312.156000", "074312.156000", "074312.171000", "074317.156000", "074317.171000", "074317.171000", "074322.156000", "074322.156000", "074322.156000", "074322.171000", "074327.156000", "074327.156000", "074327.156000", "074332.156000", "074332.156000", "074332.156000", "074332.171000", "074337.156000", "074337.156000", "074337.156000", "074337.171000", "074342.156000", "074342.156000", "074342.156000", "074342.171000", "074347.156000", "074347.156000", "074347.156000", "074352.156000", "074352.156000", "074352.156000", "074357.156000", "074357.156000", "074357.156000", "074357.171000", "074402.156000", "074402.156000", "074402.156000", "074402.171000", "074407.156000", "074407.156000", "074407.156000", "074412.156000", "074412.156000", "074412.171000", "074412.171000", "074417.156000", "074417.171000", "074417.171000", "074417.171000", "074422.156000", "074422.171000", "074422.171000", "074422.171000", "074427.156000", "074427.156000", "074427.171000", "074427.171000", "074432.156000", "074432.156000", "074432.156000", "074437.156000", "074437.156000", "074437.156000", "074437.171000", "074442.156000", "074442.156000", "074442.156000", "074447.156000", "074447.156000", "074447.156000", "074447.171000", "074452.156000", "074452.156000", "074452.156000", "074452.171000", "074457.156000", "074457.156000", "074457.156000", "074502.156000", "074502.156000", "074502.156000", "074502.171000", "074507.156000", "074507.156000", "074507.171000", "074507.171000", "074512.156000", "074512.156000", "074512.156000", "074512.171000", "074517.156000", "074517.156000", "074517.156000", "074517.171000", "074522.156000", "074522.156000", "074522.156000", "074527.156000", "074527.156000", "074527.156000", "074527.171000", "074532.156000", "074532.156000", "074532.156000", "074532.171000", "074537.156000", "074537.156000", "074537.156000", "074537.171000", "074542.156000", "074542.156000", "074542.156000", "074542.171000", "074547.156000", "074547.156000", "074547.156000", "074552.156000", "074552.156000", "074552.156000", "074552.171000", "074557.156000", "074557.156000", "074557.171000", "074557.171000", "074602.156000", "074602.171000", "074602.171000", "074602.171000", "074607.156000", "074607.156000", "074607.156000", "074607.171000", "074612.156000", "074612.156000", "074612.156000", "074612.171000", "074617.171000", "074617.171000", "074617.171000", "074617.171000", "074622.156000", "074622.156000", "074622.156000", "074622.171000", "074627.156000", "074627.156000", "074627.156000", "074627.171000", "074632.156000", "074632.156000", "074632.156000", "074637.156000", "074637.156000", "074637.156000", "074637.171000", "074642.156000", "074642.156000", "074642.156000", "074642.171000", "074647.156000", "074647.156000", "074647.171000", "074647.171000", "074652.156000", "074652.156000", "074652.156000", "074652.171000", "074657.156000", "074657.156000", "074657.156000", "074657.171000", "074702.156000", "074702.156000", "074702.156000", "074707.156000", "074707.156000", "074707.156000", "074707.171000", "074712.156000", "074712.156000", "074712.156000", "074712.171000", "074717.156000", "074717.156000", "074717.156000", "074717.171000", "074722.156000", "074722.156000", "074722.156000", "074722.171000", "074727.156000", "074727.156000", "074727.156000", "074727.171000", "074731.046000", "074731.046000", "074731.046000", "074731.046000"], "InstanceNumber": [1, 2, 3, 4, 5, 6, 7, 8, 9, 10, 11, 12, 13, 14, 15, 16, 17, 18, 19, 20, 21, 22, 23, 24, 25, 26, 27, 28, 29, 30, 31, 32, 33, 34, 35, 36, 37, 38, 39, 40, 41, 42, 43, 44, 45, 46, 47, 48, 49, 50, 51, 52, 53, 54, 55, 56, 57, 58, 59, 60, 61, 62, 63, 64, 65, 66, 67, 68, 69, 70, 71, 72, 73, 74, 75, 76, 77, 78, 79, 80, 81, 82, 83, 84, 85, 86, 87, 88, 89, 90, 91, 92, 93, 94, 95, 96, 97, 98, 99, 100, 101, 102, 103, 104, 105, 106, 107, 108, 109, 110, 111, 112, 113, 114, 115, 116, 117, 118, 119, 120, 121, 122, 123, 124, 125, 126, 127, 128, 129, 130, 131, 132, 133, 134, 135, 136, 137, 138, 139, 140, 141, 142, 143, 144, 145, 146, 147, 148, 149, 150, 151, 152, 153, 154, 155, 156, 157, 158, 159, 160, 161, 162, 163, 164, 165, 166, 167, 168, 169, 170, 171, 172, 173, 174, 175, 176, 177, 178, 179, 180, 181, 182, 183, 184, 185, 186, 187, 188, 189, 190, 191, 192, 193, 194, 195, 196, 197, 198, 199, 200, 201, 202, 203, 204, 205, 206, 207, 208, 209, 210, 211, 212, 213, 214, 215, 216, 217, 218, 219, 220, 221, 222, 223, 224, 225, 226, 227, 228, 229, 230, 231, 232, 233, 234, 235, 236, 237, 238, 239, 240, 241, 242, 243, 244, 245, 246, 247, 248, 249, 250, 251, 252, 253, 254, 255, 256, 257, 258, 259, 260, 261, 262, 263, 264, 265, 266, 267, 268, 269, 270, 271, 272, 273, 274, 275, 276, 277, 278, 279, 280, 281, 282, 283, 284, 285, 286, 287, 288, 289, 290, 291, 292, 293, 294, 295, 296, 297, 298, 299, 300, 301, 302, 303, 304, 305, 306, 307, 308, 309, 310, 311, 312, 313, 314, 315, 316, 317, 318, 319, 320, 321, 322, 323, 324, 325, 326, 327, 328, 329, 330, 331, 332, 333, 334, 335, 336, 337, 338, 339, 340, 341, 342, 343, 344, 345, 346, 347, 348, 349, 350, 351, 352, 353, 354, 355, 356, 357, 358, 359, 360, 361, 362, 363, 364, 365, 366, 367, 368, 369, 370, 371, 372, 373, 374, 375, 376, 377, 378, 379, 380, 381, 382, 383, 384, 385, 386, 387, 388, 389, 390, 391, 392, 393, 394, 395, 396, 397, 398, 399, 400, 401, 402, 403, 404, 405, 406, 407, 408, 409, 410, 411, 412, 413, 414, 415, 416, 417, 418, 419, 420, 421, 422, 423, 424, 425, 426, 427, 428, 429, 430, 431, 432, 433, 434, 435, 436, 437, 438, 439, 440, 441, 442, 443, 444, 445, 446, 447, 448, 449, 450, 451, 452, 453, 454, 455, 456, 457, 458, 459, 460, 461, 462, 463, 464, 465, 466, 467, 468, 469, 470, 471, 472, 473, 474, 475, 476, 477, 478, 479, 480, 481, 482, 483, 484, 485, 486, 487, 488, 489, 490, 491, 492, 493, 494, 495, 496, 497, 498, 499, 500, 501, 502, 503, 504, 505, 506, 507, 508, 509, 510, 511, 512, 513, 514, 515, 516, 517, 518], "LargestImagePixelValue": [29231, 28446, 28135, 27645, 27790, 29169, 27973, 28895, 29175, 27833, 27902, 27938, 29573, 27881, 28937, 29489, 27836, 27694, 28105, 28166, 27686, 27410, 29060, 27820, 27753, 28841, 27752, 27867, 28849, 27963, 27761, 27810, 27613, 27686, 28600, 28107, 27677, 29057, 28111, 27623, 27835, 27737, 30148, 27480, 27737, 30799, 27811, 27615, 28292, 27785, 29454, 27716, 27820, 29267, 27774, 27952, 27753, 31204, 27834, 27581, 27629, 27765, 32973, 27679, 27639, 27756, 28305, 27789, 27747, 29146, 28939, 27648, 27959, 27987, 27889, 31586, 27715, 27433, 27506, 28755, 31211, 27655, 27827, 29055, 27627, 27783, 27912, 30044, 31722, 27783, 28500, 27671, 27642, 28000, 29009, 27761, 28430, 29781, 28506, 27666, 27564, 27537, 27714, 27740, 29160, 31358, 27614, 28204, 28243, 27479, 27597, 27543, 29925, 27535, 27539, 28615, 27635, 28476, 27498, 27535, 29783, 27880, 27620, 29153, 27606, 27656, 29655, 27503, 27634, 27671, 31438, 27441, 29630, 28332, 28253, 27460, 27475, 27483, 29251, 27853, 27423, 28648, 27633, 27516, 29806, 27486, 27557, 27615, 27302, 28657, 27377, 27513, 28505, 27483, 27631, 28809, 29389, 28060, 27551, 27635, 29008, 27486, 27441, 30307, 27456, 27679, 28591, 27480, 27361, 27541, 29647, 30455, 27508, 28923, 27470, 29289, 28118, 29232, 29293, 27310, 27986, 27482, 27552, 27425, 27532, 29314, 29931, 27412, 29122, 28717, 29078, 27360, 27271, 27523, 27736, 27854, 27449, 27530, 29003, 30874, 27423, 28988, 28000, 27481, 27390, 27386, 27508, 27605, 27507, 29140, 27447, 29130, 27435, 27291, 27395, 27494, 29396, 27334, 27528, 29316, 27549, 30769, 29108, 27230, 29921, 27396, 29519, 28567, 27556, 27459, 27601, 27533, 28781, 27527, 27566, 29447, 27400, 27700, 28514, 27662, 28256, 27802, 27405, 29378, 28402, 27595, 27459, 27776, 27548, 27996, 27509, 28904, 28533, 27559, 28108, 27480, 29432, 27394, 31048, 27604, 29737, 30168, 27569, 27728, 28536, 27551, 32816, 27488, 28547, 27683, 27382, 27565, 29366, 27898, 27479, 27284, 31347, 27209, 28995, 27249, 27460, 27285, 30275, 27487, 29849, 27301, 27341, 29691, 27218, 27464, 27518, 29681, 29133, 27435, 28666, 27479, 27592, 27315, 31158, 27588, 28639, 27517, 27495, 29006, 29490, 27658, 27454, 29416, 27523, 27437, 29174, 27381, 27620, 30006, 27470, 27501, 27337, 30413, 27609, 27480, 27309, 28976, 27425, 28255, 27563, 27504, 30085, 29370, 27724, 27256, 28437, 27305, 29592, 29637, 27210, 29146, 29665, 27285, 28808, 27180, 27345, 29734, 27018, 27057, 27144, 27293, 27347, 27368, 29366, 27469, 29447, 27239, 27245, 27850, 27386, 29986, 27335, 27570, 29095, 27492, 33750, 27586, 29759, 27669, 29551, 27540, 34441, 27287, 29262, 27550, 27371, 29279, 27479, 27228, 27372, 29336, 27751, 29960, 27394, 27352, 29021, 29457, 28424, 27353, 27314, 28257, 27331, 29526, 27463, 29662, 27353, 27445, 30417, 27561, 27284, 28894, 27167, 27253, 27481, 27211, 27286, 29221, 27464, 27522, 29175, 27247, 28097, 27169, 29012, 27560, 27369, 27555, 31425, 27300, 29320, 34590, 28008, 29098, 27245, 27281, 27637, 29415, 27320, 28654, 27494, 29824, 27288, 27169, 29623, 27390, 27484, 27455, 29753, 27313, 29843, 27814, 27350, 30522, 28054, 27377, 28996, 30372, 27453, 27262, 30745, 27228, 29522, 27402, 27359, 27204, 27255, 29655, 27234, 29362, 27451, 29279, 27117, 28964, 29691, 27524, 27276, 32825, 28072, 29448, 29710, 27404, 27341, 28863, 27504, 27407, 27229, 28855, 29090, 27407, 27553, 28893, 27440, 27907, 33362, 27493, 30174, 27592, 27661, 27567, 28240, 27808, 29572, 29199, 28670, 27617, 29075, 27789, 27676, 27518, 27514, 30513, 27497, 32244, 27701, 29525, 27444, 28558, 29473, 27702, 27416, 28617, 30577, 27608, 27510, 27571, 27908, 27686, 29873, 28393, 29163, 27700, 27604, 27596], "WindowCenter": [10323.0, 10313.0, 10321.0, 10307.0, 10331.0, 10317.0, 10312.0, 10304.0, 10320.0, 10293.0, 10300.0, 10302.0, 10343.0, 10310.0, 10316.0, 10283.0, 10289.0, 10290.0, 10295.0, 10293.0, 10299.0, 10301.0, 10300.0, 10301.0, 10306.0, 10310.0, 10312.0, 10304.0, 10287.0, 10316.0, 10320.0, 10315.0, 10303.0, 10312.0, 10321.0, 10311.0, 10309.0, 10304.0, 10299.0, 10300.0, 10312.0, 10322.0, 10308.0, 10288.0, 10318.0, 10302.0, 10303.0, 10298.0, 10306.0, 10319.0, 10308.0, 10301.0, 10293.0, 10298.0, 10289.0, 10282.0, 10284.0, 10307.0, 10289.0, 10281.0, 10300.0, 10279.0, 10329.0, 10305.0, 10295.0, 10283.0, 10306.0, 10294.0, 10299.0, 10290.0, 10300.0, 10287.0, 10299.0, 10296.0, 10309.0, 10306.0, 10287.0, 10290.0, 10289.0, 10315.0, 10317.0, 10287.0, 10275.0, 10299.0, 10294.0, 10289.0, 10292.0, 10301.0, 10295.0, 10290.0, 10283.0, 10303.0, 10288.0, 10295.0, 10284.0, 10273.0, 10283.0, 10276.0, 10277.0, 10283.0, 10300.0, 10293.0, 10280.0, 10295.0, 10302.0, 10312.0, 10295.0, 10305.0, 10298.0, 10267.0, 10291.0, 10290.0, 10297.0, 10292.0, 10300.0, 10298.0, 10308.0, 10292.0, 10312.0, 10310.0, 10308.0, 10301.0, 10288.0, 10288.0, 10290.0, 10288.0, 10310.0, 10281.0, 10293.0, 10274.0, 10299.0, 10280.0, 10287.0, 10268.0, 10271.0, 10275.0, 10271.0, 10295.0, 10274.0, 10275.0, 10249.0, 10267.0, 10253.0, 10259.0, 10273.0, 10263.0, 10273.0, 10286.0, 10267.0, 10293.0, 10291.0, 10298.0, 10305.0, 10298.0, 10296.0, 10311.0, 10325.0, 10285.0, 10286.0, 10277.0, 10292.0, 10289.0, 10288.0, 10298.0, 10289.0, 10300.0, 10311.0, 10301.0, 10302.0, 10293.0, 10300.0, 10316.0, 10291.0, 10287.0, 10287.0, 10293.0, 10290.0, 10299.0, 10283.0, 10284.0, 10298.0, 10289.0, 10305.0, 10296.0, 10291.0, 10296.0, 10320.0, 10276.0, 10289.0, 10288.0, 10302.0, 10306.0, 10287.0, 10278.0, 10310.0, 10295.0, 10287.0, 10301.0, 10306.0, 10311.0, 10295.0, 10306.0, 10292.0, 10279.0, 10283.0, 10288.0, 10301.0, 10292.0, 10294.0, 10316.0, 10304.0, 10293.0, 10292.0, 10306.0, 10314.0, 10308.0, 10317.0, 10291.0, 10290.0, 10321.0, 10285.0, 10300.0, 10300.0, 10277.0, 10289.0, 10296.0, 10304.0, 10296.0, 10285.0, 10286.0, 10292.0, 10276.0, 10295.0, 10263.0, 10292.0, 10299.0, 10248.0, 10267.0, 10268.0, 10270.0, 10271.0, 10282.0, 10297.0, 10292.0, 10287.0, 10287.0, 10279.0, 10305.0, 10303.0, 10300.0, 10305.0, 10299.0, 10297.0, 10286.0, 10277.0, 10288.0, 10285.0, 10282.0, 10286.0, 10288.0, 10295.0, 10318.0, 10304.0, 10289.0, 10285.0, 10289.0, 10306.0, 10261.0, 10272.0, 10266.0, 10284.0, 10275.0, 10277.0, 10294.0, 10298.0, 10293.0, 10307.0, 10291.0, 10281.0, 10286.0, 10282.0, 10298.0, 10329.0, 10301.0, 10298.0, 10303.0, 10294.0, 10304.0, 10282.0, 10299.0, 10305.0, 10317.0, 10289.0, 10293.0, 10282.0, 10278.0, 10268.0, 10269.0, 10292.0, 10288.0, 10305.0, 10272.0, 10275.0, 10279.0, 10269.0, 10275.0, 10270.0, 10276.0, 10260.0, 10265.0, 10265.0, 10250.0, 10256.0, 10272.0, 10267.0, 10260.0, 10262.0, 10292.0, 10279.0, 10271.0, 10301.0, 10292.0, 10299.0, 10294.0, 10295.0, 10292.0, 10295.0, 10277.0, 10286.0, 10279.0, 10273.0, 10265.0, 10271.0, 10269.0, 10275.0, 10275.0, 10268.0, 10251.0, 10262.0, 10250.0, 10253.0, 10265.0, 10262.0, 10285.0, 10279.0, 10268.0, 10303.0, 10310.0, 10316.0, 10290.0, 10302.0, 10289.0, 10297.0, 10311.0, 10290.0, 10312.0, 10291.0, 10305.0, 10305.0, 10281.0, 10283.0, 10277.0, 10287.0, 10289.0, 10297.0, 10291.0, 10317.0, 10276.0, 10258.0, 10281.0, 10283.0, 10285.0, 10260.0, 10284.0, 10308.0, 10312.0, 10287.0, 10294.0, 10282.0, 10294.0, 10282.0, 10282.0, 10260.0, 10276.0, 10288.0, 10292.0, 10275.0, 10282.0, 10273.0, 10285.0, 10263.0, 10270.0, 10279.0, 10284.0, 10282.0, 10271.0, 10268.0, 10253.0, 10271.0, 10267.0, 10277.0, 10279.0, 10289.0, 10284.0, 10294.0, 10288.0, 10284.0, 10275.0, 10290.0, 10295.0, 10313.0, 10322.0, 10322.0, 10291.0, 10297.0, 10310.0, 10271.0, 10265.0, 10260.0, 10246.0, 10247.0, 10267.0, 10249.0, 10241.0, 10246.0, 10263.0, 10248.0, 10242.0, 10278.0, 10271.0, 10286.0, 10288.0, 10285.0, 10273.0, 10265.0, 10278.0, 10283.0, 10267.0, 10281.0, 10295.0, 10268.0, 10297.0, 10283.0, 10257.0, 10293.0, 10281.0, 10275.0, 10272.0, 10272.0, 10280.0, 10291.0, 10315.0, 10279.0, 10290.0, 10288.0, 10281.0, 10279.0, 10288.0, 10289.0, 10278.0, 10293.0, 10320.0, 10285.0, 10284.0, 10273.0, 10263.0, 10286.0, 10285.0, 10259.0, 10283.0, 10269.0, 10274.0, 10274.0, 10281.0, 10278.0, 10297.0, 10296.0, 10283.0, 10292.0, 10280.0, 10287.0, 10294.0, 10287.0, 10284.0, 10296.0, 10270.0, 10296.0, 10287.0, 10292.0, 10279.0, 10295.0, 10292.0, 10284.0, 10303.0, 10285.0, 10291.0, 10285.0, 10291.0, 10275.0, 10282.0, 10252.0, 10266.0, 10264.0, 10289.0, 10293.0, 10284.0, 10287.0, 10261.0, 10264.0, 10270.0, 10281.0, 10290.0, 10297.0, 10284.0, 10287.0, 10277.0, 10255.0, 10256.0], "WindowWidth": [21989.0, 21964.0, 21981.0, 21956.0, 21996.0, 21968.0, 21961.0, 21944.0, 21973.0, 21917.0, 21932.0, 21942.0, 22016.0, 21955.0, 21963.0, 21900.0, 21906.0, 21907.0, 21913.0, 21906.0, 21925.0, 21928.0, 21932.0, 21931.0, 21935.0, 21950.0, 21947.0, 21932.0, 21908.0, 21963.0, 21970.0, 21963.0, 21938.0, 21954.0, 21973.0, 21955.0, 21949.0, 21943.0, 21927.0, 21923.0, 21945.0, 21969.0, 21948.0, 21910.0, 21963.0, 21935.0, 21928.0, 21921.0, 21943.0, 21964.0, 21944.0, 21928.0, 21908.0, 21918.0, 21898.0, 21886.0, 21893.0, 21936.0, 21900.0, 21888.0, 21920.0, 21888.0, 21985.0, 21932.0, 21918.0, 21894.0, 21931.0, 21918.0, 21924.0, 21906.0, 21925.0, 21899.0, 21923.0, 21915.0, 21935.0, 21934.0, 21893.0, 21899.0, 21900.0, 21954.0, 21959.0, 21898.0, 21881.0, 21923.0, 21910.0, 21904.0, 21904.0, 21923.0, 21914.0, 21899.0, 21889.0, 21922.0, 21899.0, 21917.0, 21894.0, 21867.0, 21883.0, 21872.0, 21871.0, 21885.0, 21922.0, 21910.0, 21889.0, 21919.0, 21928.0, 21947.0, 21913.0, 21930.0, 21917.0, 21861.0, 21906.0, 21900.0, 21915.0, 21903.0, 21913.0, 21916.0, 21938.0, 21913.0, 21954.0, 21947.0, 21941.0, 21925.0, 21903.0, 21899.0, 21900.0, 21903.0, 21942.0, 21883.0, 21907.0, 21870.0, 21909.0, 21869.0, 21881.0, 21845.0, 21854.0, 21860.0, 21861.0, 21903.0, 21867.0, 21859.0, 21805.0, 21835.0, 21812.0, 21825.0, 21848.0, 21834.0, 21859.0, 21883.0, 21853.0, 21906.0, 21905.0, 21923.0, 21939.0, 21921.0, 21918.0, 21947.0, 21975.0, 21896.0, 21893.0, 21875.0, 21900.0, 21893.0, 21897.0, 21919.0, 21899.0, 21925.0, 21948.0, 21924.0, 21928.0, 21906.0, 21921.0, 21950.0, 21899.0, 21890.0, 21889.0, 21907.0, 21902.0, 21917.0, 21881.0, 21879.0, 21911.0, 21893.0, 21928.0, 21918.0, 21906.0, 21916.0, 21957.0, 21872.0, 21897.0, 21898.0, 21923.0, 21929.0, 21899.0, 21882.0, 21937.0, 21916.0, 21897.0, 21919.0, 21936.0, 21941.0, 21907.0, 21932.0, 21910.0, 21879.0, 21883.0, 21896.0, 21922.0, 21906.0, 21906.0, 21951.0, 21927.0, 21907.0, 21906.0, 21929.0, 21950.0, 21942.0, 21960.0, 21907.0, 21903.0, 21960.0, 21893.0, 21920.0, 21915.0, 21871.0, 21899.0, 21906.0, 21922.0, 21908.0, 21882.0, 21887.0, 21897.0, 21863.0, 21903.0, 21845.0, 21896.0, 21917.0, 21818.0, 21848.0, 21848.0, 21854.0, 21863.0, 21880.0, 21903.0, 21899.0, 21885.0, 21885.0, 21876.0, 21930.0, 21925.0, 21922.0, 21933.0, 21917.0, 21911.0, 21891.0, 21875.0, 21891.0, 21896.0, 21886.0, 21892.0, 21897.0, 21910.0, 21955.0, 21928.0, 21898.0, 21892.0, 21897.0, 21931.0, 21839.0, 21861.0, 21848.0, 21879.0, 21863.0, 21875.0, 21907.0, 21915.0, 21903.0, 21930.0, 21897.0, 21878.0, 21891.0, 21883.0, 21914.0, 21978.0, 21920.0, 21917.0, 21924.0, 21903.0, 21925.0, 21884.0, 21917.0, 21931.0, 21955.0, 21900.0, 21904.0, 21884.0, 21871.0, 21849.0, 21853.0, 21897.0, 21889.0, 21922.0, 21858.0, 21857.0, 21863.0, 21845.0, 21852.0, 21844.0, 21856.0, 21826.0, 21831.0, 21832.0, 21808.0, 21816.0, 21847.0, 21837.0, 21823.0, 21834.0, 21892.0, 21865.0, 21855.0, 21915.0, 21903.0, 21913.0, 21906.0, 21905.0, 21896.0, 21899.0, 21867.0, 21878.0, 21862.0, 21850.0, 21832.0, 21848.0, 21847.0, 21857.0, 21856.0, 21839.0, 21802.0, 21822.0, 21808.0, 21808.0, 21833.0, 21830.0, 21876.0, 21872.0, 21860.0, 21921.0, 21935.0, 21949.0, 21899.0, 21925.0, 21895.0, 21913.0, 21942.0, 21901.0, 21945.0, 21904.0, 21928.0, 21934.0, 21881.0, 21884.0, 21866.0, 21889.0, 21889.0, 21910.0, 21895.0, 21947.0, 21860.0, 21830.0, 21871.0, 21874.0, 21882.0, 21833.0, 21885.0, 21938.0, 21945.0, 21896.0, 21907.0, 21879.0, 21898.0, 21878.0, 21878.0, 21829.0, 21856.0, 21884.0, 21896.0, 21864.0, 21873.0, 21851.0, 21877.0, 21832.0, 21847.0, 21862.0, 21873.0, 21872.0, 21849.0, 21846.0, 21809.0, 21849.0, 21848.0, 21862.0, 21870.0, 21891.0, 21877.0, 21900.0, 21885.0, 21877.0, 21858.0, 21895.0, 21914.0, 21947.0, 21966.0, 21963.0, 21897.0, 21904.0, 21931.0, 21849.0, 21836.0, 21817.0, 21794.0, 21794.0, 21833.0, 21797.0, 21788.0, 21791.0, 21819.0, 21794.0, 21783.0, 21852.0, 21845.0, 21881.0, 21883.0, 21875.0, 21850.0, 21838.0, 21860.0, 21874.0, 21845.0, 21871.0, 21898.0, 21847.0, 21903.0, 21875.0, 21826.0, 21897.0, 21867.0, 21858.0, 21855.0, 21852.0, 21869.0, 21898.0, 21944.0, 21878.0, 21895.0, 21886.0, 21870.0, 21864.0, 21883.0, 21892.0, 21867.0, 21892.0, 21947.0, 21877.0, 21877.0, 21849.0, 21834.0, 21877.0, 21878.0, 21829.0, 21868.0, 21845.0, 21857.0, 21857.0, 21877.0, 21869.0, 21906.0, 21903.0, 21877.0, 21895.0, 21869.0, 21883.0, 21894.0, 21888.0, 21886.0, 21899.0, 21855.0, 21895.0, 21880.0, 21893.0, 21863.0, 21901.0, 21893.0, 21880.0, 21921.0, 21888.0, 21897.0, 21881.0, 21888.0, 21854.0, 21869.0, 21811.0, 21835.0, 21833.0, 21881.0, 21895.0, 21879.0, 21885.0, 21828.0, 21832.0, 21848.0, 21875.0, 21894.0, 21905.0, 21878.0, 21881.0, 21855.0, 21813.0, 21814.0]}, "slices": {}}}