{"AcquisitionMatrixPE": 96, "AcquisitionNumber": 1, "AcquisitionTime": "07:45:43.917500", "BandwidthPerPixelPhaseEncode": 33.602, "BaseResolution": 96, "BodyPartExamined": "BRAIN", "ConsistencyInfo": "N4_VD11D_LATEST_20110129", "ConversionSoftware": "dcm2niix", "ConversionSoftwareVersion": "v1.0.20210317", "DerivedVendorReportedEchoSpacing": 0.000620003, "DeviceSerialNumber": "45239", "DwellTime": 2.6e-06, "EchoTime": 0.03, "EchoTrainLength": 48, "EffectiveEchoSpacing": 0.000310001, "FlipAngle": 63, "ImageComments": "Unaliased MB4/PE3", "ImageOrientationPatientDICOM": [0.999262, 0.0195288, 0.0330774, 0.00136803, 0.84248, -0.538726], "ImageType": ["ORIGINAL", "PRIMARY", "M", "ND", "NORM", "MOSAIC"], "ImagingFrequency": 123.193, "InPlanePhaseEncodingDirectionDICOM": "COL", "InstitutionAddress": "E 24th St. 100,Austin,Southmiddle,US,78712", "InstitutionName": "Univ of Texas at Austin", "InstitutionalDepartmentName": "IRC", "MRAcquisitionType": "2D", "MagneticFieldStrength": 3, "Manufacturer": "Siemens", "ManufacturersModelName": "Skyra", "Modality": "MR", "MultibandAccelerationFactor": 4, "ParallelReductionFactorInPlane": 2, "PartialFourier": 1, "PatientPosition": "HFS", "PercentPhaseFOV": 100, "PercentSampling": 100, "PhaseEncodingDirection": "j-", "PhaseEncodingSteps": 96, "PhaseResolution": 1, "PixelBandwidth": 2005, "ProcedureStepDescription": "Poldrack2^self-scanning", "ProtocolName": "Resting State fMRI MBEPI_matrix96_BW2004", "PulseSequenceDetails": "%CustomerSeq%\\cmrr_mbep2d_bold", "ReceiveCoilActiveElements": "HEA;HEP", "ReceiveCoilName": "Head_32", "ReconMatrixPE": 96, "RefLinesPE": 94, "RepetitionTime": 1.16, "SAR": 0.10515, "ScanOptions": "FS", "ScanningSequence": "EP", "SequenceName": "epfid2d1_96", "SequenceVariant": "SK", "SeriesDescription": "Resting State fMRI MBEPI_matrix96_BW2004", "SeriesNumber": 6, "ShimSetting": [-2774, 8066, -15411, 125, -178, 140, 265, -49], "SliceThickness": 2, "SliceTiming": [0, 0.5, 0.9975, 0.3575, 0.855, 0.215, 0.7125, 0.0725, 0.57, 1.0675, 0.4275, 0.925, 0.285, 0.7825, 0.1425, 0.6425, 0, 0.5, 0.9975, 0.3575, 0.855, 0.215, 0.7125, 0.0725, 0.57, 1.0675, 0.4275, 0.925, 0.285, 0.7825, 0.1425, 0.6425, 0, 0.5, 0.9975, 0.3575, 0.855, 0.215, 0.7125, 0.0725, 0.57, 1.0675, 0.4275, 0.925, 0.285, 0.7825, 0.1425, 0.6425, 0, 0.5, 0.9975, 0.3575, 0.855, 0.215, 0.7125, 0.0725, 0.57, 1.0675, 0.4275, 0.925, 0.285, 0.7825, 0.1425, 0.6425], "SoftwareVersions": "syngo MR D11", "SpacingBetweenSlices": 2.4, "StationName": "AWP45239", "TaskName": "Resting fmri", "TotalReadoutTime": 0.0294501, "TxRefAmp": 345.414, "WipMemBlock": "0b3def3a-90b5-42c8-b80a-f42b4b11f248||Sequence: VD11D r206; Feb 13 2013 18:52:04 by eja", "dcmmeta_affine": [[-2.3940651416778564, 0.0032775658182799816, 0.09213067591190338, 117.02726745605469], [-0.04678786173462868, 2.0184414386749268, -1.2920968532562256, -68.37876892089844], [0.07924804091453552, 1.290697693824768, 2.020395517349243, -83.47598266601562], [0.0, 0.0, 0.0, 1.0]], "dcmmeta_reorient_transform": [[0.0, -1.0, 0.0, 95.0], [1.0, 0.0, 0.0, 0.0], [0.0, 0.0, 1.0, 0.0], [0.0, 0.0, 0.0, 1.0]], "dcmmeta_shape": [96, 96, 64, 518], "dcmmeta_slice_dim": 2, "dcmmeta_version": 0.6, "global": {"const": {"AcquisitionMatrix": [96, 0, 0, 96], "AngioFlag": "N", "BitsAllocated": 16, "BitsStored": 16, "BodyPartExamined": "BRAIN", "Columns": 768, "EchoNumbers": 1, "EchoTime": 30.0, "EchoTrainLength": 48, "FlipAngle": 63.0, "HighBit": 15, "ImageOrientationPatient": [0.99926198102587, 0.01952884793474, 0.03307744510369, 0.0013680275287, 0.84247991787071, -0.5387260124453], "ImagePositionPatient": [-922.84576857752, -817.29020093906, 446.1873853647], "ImageType": ["ORIGINAL", "PRIMARY", "M", "ND", "NORM", "MOSAIC"], "ImagedNucleus": "1H", "ImagingFrequency": 123.193253, "InPlanePhaseEncodingDirection": "COL", "MRAcquisitionType": "2D", "MagneticFieldStrength": 3.0, "Manufacturer": "SIEMENS", "ManufacturerModelName": "Skyra", "Modality": "MR", "NumberOfAverages": 1.0, "NumberOfPhaseEncodingSteps": 96, "PercentPhaseFieldOfView": 100.0, "PercentSampling": 100.0, "PerformedProcedureStepStartTime": "073446.937000", "PhotometricInterpretation": "MONOCHROME2", "PixelBandwidth": 2005.0, "PixelRepresentation": 0, "PixelSpacing": [2.3958332538605, 2.3958332538605], "ProtocolName": "Resting State fMRI MBEPI_matrix96_BW2004", "RepetitionTime": 1160.0, "Rows": 768, "SAR": 0.10515047769614, "SamplesPerPixel": 1, "ScanOptions": "FS", "ScanningSequence": "EP", "SequenceName": "epfid2d1_96", "SequenceVariant": "SK", "SeriesDescription": "Resting State fMRI MBEPI_matrix96_BW2004", "SeriesNumber": 6, "SeriesTime": "074622.625000", "SliceLocation": -28.966958578258, "SliceThickness": 2.0, "SmallestImagePixelValue": 0, "SoftwareVersions": "syngo MR D11", "SpacingBetweenSlices": 2.4000000259922, "SpecificCharacterSet": "ISO_IR 100", "StudyID": "1", "StudyTime": "073446.906000", "TransmitCoilName": "Body", "VariableFlipAngleFlag": "N", "WindowCenterWidthExplanation": "Algo1", "dBdt": 0.0}, "slices": {}}, "time": {"samples": {"AcquisitionNumber": [1, 2, 3, 4, 5, 6, 7, 8, 9, 10, 11, 12, 13, 14, 15, 16, 17, 18, 19, 20, 21, 22, 23, 24, 25, 26, 27, 28, 29, 30, 31, 32, 33, 34, 35, 36, 37, 38, 39, 40, 41, 42, 43, 44, 45, 46, 47, 48, 49, 50, 51, 52, 53, 54, 55, 56, 57, 58, 59, 60, 61, 62, 63, 64, 65, 66, 67, 68, 69, 70, 71, 72, 73, 74, 75, 76, 77, 78, 79, 80, 81, 82, 83, 84, 85, 86, 87, 88, 89, 90, 91, 92, 93, 94, 95, 96, 97, 98, 99, 100, 101, 102, 103, 104, 105, 106, 107, 108, 109, 110, 111, 112, 113, 114, 115, 116, 117, 118, 119, 120, 121, 122, 123, 124, 125, 126, 127, 128, 129, 130, 131, 132, 133, 134, 135, 136, 137, 138, 139, 140, 141, 142, 143, 144, 145, 146, 147, 148, 149, 150, 151, 152, 153, 154, 155, 156, 157, 158, 159, 160, 161, 162, 163, 164, 165, 166, 167, 168, 169, 170, 171, 172, 173, 174, 175, 176, 177, 178, 179, 180, 181, 182, 183, 184, 185, 186, 187, 188, 189, 190, 191, 192, 193, 194, 195, 196, 197, 198, 199, 200, 201, 202, 203, 204, 205, 206, 207, 208, 209, 210, 211, 212, 213, 214, 215, 216, 217, 218, 219, 220, 221, 222, 223, 224, 225, 226, 227, 228, 229, 230, 231, 232, 233, 234, 235, 236, 237, 238, 239, 240, 241, 242, 243, 244, 245, 246, 247, 248, 249, 250, 251, 252, 253, 254, 255, 256, 257, 258, 259, 260, 261, 262, 263, 264, 265, 266, 267, 268, 269, 270, 271, 272, 273, 274, 275, 276, 277, 278, 279, 280, 281, 282, 283, 284, 285, 286, 287, 288, 289, 290, 291, 292, 293, 294, 295, 296, 297, 298, 299, 300, 301, 302, 303, 304, 305, 306, 307, 308, 309, 310, 311, 312, 313, 314, 315, 316, 317, 318, 319, 320, 321, 322, 323, 324, 325, 326, 327, 328, 329, 330, 331, 332, 333, 334, 335, 336, 337, 338, 339, 340, 341, 342, 343, 344, 345, 346, 347, 348, 349, 350, 351, 352, 353, 354, 355, 356, 357, 358, 359, 360, 361, 362, 363, 364, 365, 366, 367, 368, 369, 370, 371, 372, 373, 374, 375, 376, 377, 378, 379, 380, 381, 382, 383, 384, 385, 386, 387, 388, 389, 390, 391, 392, 393, 394, 395, 396, 397, 398, 399, 400, 401, 402, 403, 404, 405, 406, 407, 408, 409, 410, 411, 412, 413, 414, 415, 416, 417, 418, 419, 420, 421, 422, 423, 424, 425, 426, 427, 428, 429, 430, 431, 432, 433, 434, 435, 436, 437, 438, 439, 440, 441, 442, 443, 444, 445, 446, 447, 448, 449, 450, 451, 452, 453, 454, 455, 456, 457, 458, 459, 460, 461, 462, 463, 464, 465, 466, 467, 468, 469, 470, 471, 472, 473, 474, 475, 476, 477, 478, 479, 480, 481, 482, 483, 484, 485, 486, 487, 488, 489, 490, 491, 492, 493, 494, 495, 496, 497, 498, 499, 500, 501, 502, 503, 504, 505, 506, 507, 508, 509, 510, 511, 512, 513, 514, 515, 516, 517, 518], "AcquisitionTime": ["074543.917500", "074612.917500", "074614.077500", "074615.237500", "074616.397500", "074617.557500", "074618.717500", "074619.877500", "074621.037500", "074622.197500", "074623.357500", "074624.517500", "074625.677500", "074626.837500", "074627.997500", "074629.157500", "074630.317500", "074631.477500", "074632.637500", "074633.797500", "074634.957500", "074636.117500", "074637.277500", "074638.437500", "074639.597500", "074640.757500", "074641.917500", "074643.077500", "074644.237500", "074645.397500", "074646.557500", "074647.717500", "074648.877500", "074650.037500", "074651.197500", "074652.357500", "074653.517500", "074654.677500", "074655.837500", "074656.997500", "074658.157500", "074659.317500", "074700.477500", "074701.637500", "074702.797500", "074703.957500", "074705.117500", "074706.277500", "074707.437500", "074708.597500", "074709.757500", "074710.917500", "074712.077500", "074713.237500", "074714.397500", "074715.557500", "074716.717500", "074717.877500", "074719.037500", "074720.197500", "074721.357500", "074722.517500", "074723.677500", "074724.837500", "074725.997500", "074727.157500", "074728.317500", "074729.477500", "074730.637500", "074731.797500", "074732.957500", "074734.117500", "074735.277500", "074736.437500", "074737.597500", "074738.757500", "074739.917500", "074741.077500", "074742.237500", "074743.397500", "074744.557500", "074745.717500", "074746.877500", "074748.037500", "074749.197500", "074750.357500", "074751.517500", "074752.677500", "074753.837500", "074754.997500", "074756.157500", "074757.317500", "074758.477500", "074759.637500", "074800.797500", "074801.957500", "074803.117500", "074804.277500", "074805.440000", "074806.600000", "074807.760000", "074808.920000", "074810.080000", "074811.240000", "074812.400000", "074813.560000", "074814.720000", "074815.880000", "074817.040000", "074818.200000", "074819.360000", "074820.520000", "074821.680000", "074822.840000", "074824.000000", "074825.160000", "074826.320000", "074827.480000", "074828.640000", "074829.800000", "074830.960000", "074832.120000", "074833.280000", "074834.440000", "074835.600000", "074836.760000", "074837.920000", "074839.080000", "074840.240000", "074841.400000", "074842.560000", "074843.720000", "074844.880000", "074846.040000", "074847.200000", "074848.360000", "074849.520000", "074850.680000", "074851.840000", "074853.000000", "074854.160000", "074855.320000", "074856.480000", "074857.640000", "074858.800000", "074859.960000", "074901.120000", "074902.280000", "074903.440000", "074904.600000", "074905.760000", "074906.920000", "074908.080000", "074909.240000", "074910.400000", "074911.560000", "074912.720000", "074913.880000", "074915.040000", "074916.200000", "074917.360000", "074918.520000", "074919.680000", "074920.840000", "074922.000000", "074923.160000", "074924.320000", "074925.480000", "074926.640000", "074927.800000", "074928.960000", "074930.120000", "074931.280000", "074932.440000", "074933.600000", "074934.760000", "074935.920000", "074937.080000", "074938.240000", "074939.400000", "074940.560000", "074941.720000", "074942.880000", "074944.040000", "074945.200000", "074946.360000", "074947.520000", "074948.680000", "074949.840000", "074951.000000", "074952.160000", "074953.320000", "074954.480000", "074955.640000", "074956.800000", "074957.960000", "074959.120000", "075000.280000", "075001.440000", "075002.600000", "075003.760000", "075004.920000", "075006.080000", "075007.240000", "075008.400000", "075009.560000", "075010.720000", "075011.880000", "075013.040000", "075014.200000", "075015.360000", "075016.520000", "075017.680000", "075018.840000", "075020.000000", "075021.160000", "075022.320000", "075023.480000", "075024.640000", "075025.800000", "075026.960000", "075028.120000", "075029.280000", "075030.440000", "075031.600000", "075032.760000", "075033.920000", "075035.080000", "075036.240000", "075037.400000", "075038.560000", "075039.720000", "075040.880000", "075042.040000", "075043.200000", "075044.360000", "075045.520000", "075046.680000", "075047.840000", "075049.000000", "075050.160000", "075051.320000", "075052.480000", "075053.640000", "075054.800000", "075055.960000", "075057.120000", "075058.280000", "075059.440000", "075100.600000", "075101.760000", "075102.920000", "075104.080000", "075105.240000", "075106.400000", "075107.560000", "075108.720000", "075109.880000", "075111.040000", "075112.200000", "075113.360000", "075114.520000", "075115.680000", "075116.840000", "075118.000000", "075119.160000", "075120.320000", "075121.480000", "075122.640000", "075123.800000", "075124.960000", "075126.120000", "075127.280000", "075128.440000", "075129.600000", "075130.760000", "075131.920000", "075133.080000", "075134.240000", "075135.400000", "075136.560000", "075137.720000", "075138.880000", "075140.040000", "075141.200000", "075142.360000", "075143.520000", "075144.680000", "075145.840000", "075147.000000", "075148.160000", "075149.320000", "075150.480000", "075151.640000", "075152.800000", "075153.960000", "075155.120000", "075156.280000", "075157.440000", "075158.600000", "075159.760000", "075200.920000", "075202.080000", "075203.240000", "075204.400000", "075205.560000", "075206.720000", "075207.880000", "075209.040000", "075210.200000", "075211.360000", "075212.520000", "075213.680000", "075214.840000", "075216.000000", "075217.160000", "075218.320000", "075219.480000", "075220.640000", "075221.800000", "075222.960000", "075224.120000", "075225.280000", "075226.440000", "075227.600000", "075228.760000", "075229.920000", "075231.080000", "075232.240000", "075233.400000", "075234.560000", "075235.720000", "075236.880000", "075238.040000", "075239.200000", "075240.360000", "075241.520000", "075242.680000", "075243.840000", "075245.000000", "075246.160000", "075247.320000", "075248.480000", "075249.640000", "075250.800000", "075251.960000", "075253.120000", "075254.280000", "075255.442500", "075256.602500", "075257.762500", "075258.922500", "075300.082500", "075301.242500", "075302.402500", "075303.562500", "075304.722500", "075305.882500", "075307.042500", "075308.202500", "075309.362500", "075310.522500", "075311.682500", "075312.842500", "075314.002500", "075315.162500", "075316.322500", "075317.482500", "075318.642500", "075319.802500", "075320.962500", "075322.122500", "075323.282500", "075324.442500", "075325.602500", "075326.762500", "075327.922500", "075329.082500", "075330.242500", "075331.402500", "075332.562500", "075333.722500", "075334.882500", "075336.042500", "075337.202500", "075338.362500", "075339.522500", "075340.682500", "075341.842500", "075343.002500", "075344.162500", "075345.322500", "075346.482500", "075347.642500", "075348.802500", "075349.962500", "075351.122500", "075352.282500", "075353.442500", "075354.602500", "075355.762500", "075356.922500", "075358.082500", "075359.242500", "075400.402500", "075401.562500", "075402.722500", "075403.882500", "075405.042500", "075406.202500", "075407.362500", "075408.522500", "075409.682500", "075410.842500", "075412.002500", "075413.162500", "075414.322500", "075415.482500", "075416.642500", "075417.802500", "075418.962500", "075420.122500", "075421.282500", "075422.442500", "075423.602500", "075424.762500", "075425.922500", "075427.082500", "075428.242500", "075429.402500", "075430.562500", "075431.722500", "075432.882500", "075434.042500", "075435.202500", "075436.362500", "075437.522500", "075438.682500", "075439.842500", "075441.002500", "075442.162500", "075443.322500", "075444.482500", "075445.642500", "075446.802500", "075447.962500", "075449.122500", "075450.282500", "075451.442500", "075452.602500", "075453.762500", "075454.922500", "075456.082500", "075457.242500", "075458.402500", "075459.562500", "075500.722500", "075501.882500", "075503.042500", "075504.202500", "075505.362500", "075506.522500", "075507.682500", "075508.842500", "075510.002500", "075511.162500", "075512.322500", "075513.482500", "075514.642500", "075515.802500", "075516.962500", "075518.122500", "075519.282500", "075520.442500", "075521.602500", "075522.762500", "075523.922500", "075525.082500", "075526.242500", "075527.402500", "075528.562500", "075529.722500", "075530.882500", "075532.042500", "075533.202500", "075534.362500", "075535.522500", "075536.682500", "075537.842500", "075539.002500", "075540.162500", "075541.322500", "075542.482500", "075543.642500", "075544.802500", "075545.962500", "075547.122500", "075548.282500", "075549.442500", "075550.602500", "075551.762500", "075552.922500", "075554.082500", "075555.242500", "075556.402500", "075557.562500", "075558.722500", "075559.882500", "075601.042500", "075602.202500", "075603.362500", "075604.522500", "075605.682500", "075606.842500", "075608.002500", "075609.162500", "075610.322500", "075611.482500"], "ContentTime": ["074622.625000", "074627.734000", "074627.734000", "074627.734000", "074627.734000", "074632.734000", "074632.734000", "074632.734000", "074632.734000", "074637.734000", "074637.734000", "074637.734000", "074642.734000", "074642.734000", "074642.750000", "074642.750000", "074647.734000", "074647.734000", "074647.734000", "074647.734000", "074652.734000", "074652.734000", "074652.734000", "074657.734000", "074657.734000", "074657.734000", "074657.734000", "074702.734000", "074702.734000", "074702.734000", "074702.734000", "074707.734000", "074707.734000", "074707.734000", "074712.734000", "074712.734000", "074712.734000", "074712.734000", "074717.734000", "074717.734000", "074717.734000", "074717.734000", "074722.734000", "074722.734000", "074722.750000", "074722.750000", "074727.734000", "074727.734000", "074727.750000", "074727.750000", "074732.734000", "074732.734000", "074732.734000", "074737.734000", "074737.734000", "074737.734000", "074737.734000", "074742.734000", "074742.734000", "074742.734000", "074742.734000", "074747.734000", "074747.734000", "074747.734000", "074752.734000", "074752.734000", "074752.734000", "074752.734000", "074757.734000", "074757.734000", "074757.734000", "074757.734000", "074802.734000", "074802.734000", "074802.734000", "074802.734000", "074807.734000", "074807.734000", "074807.734000", "074812.734000", "074812.734000", "074812.734000", "074812.734000", "074817.734000", "074817.734000", "074817.750000", "074817.750000", "074822.734000", "074822.734000", "074822.750000", "074827.734000", "074827.734000", "074827.734000", "074827.750000", "074832.734000", "074832.734000", "074832.734000", "074832.734000", "074837.734000", "074837.734000", "074837.734000", "074837.734000", "074842.734000", "074842.734000", "074842.750000", "074842.750000", "074847.734000", "074847.734000", "074847.734000", "074852.734000", "074852.734000", "074852.734000", "074852.734000", "074857.734000", "074857.734000", "074857.734000", "074902.734000", "074902.734000", "074902.734000", "074902.734000", "074907.734000", "074907.734000", "074907.734000", "074912.734000", "074912.734000", "074912.734000", "074912.734000", "074917.734000", "074917.734000", "074917.734000", "074917.734000", "074922.734000", "074922.734000", "074922.734000", "074922.734000", "074927.734000", "074927.734000", "074927.734000", "074932.734000", "074932.734000", "074932.734000", "074932.734000", "074937.734000", "074937.734000", "074937.734000", "074937.734000", "074942.734000", "074942.734000", "074942.734000", "074942.734000", "074947.734000", "074947.734000", "074947.734000", "074952.734000", "074952.734000", "074952.734000", "074952.734000", "074957.734000", "074957.734000", "074957.734000", "074957.734000", "075002.734000", "075002.734000", "075002.734000", "075002.734000", "075007.734000", "075007.734000", "075007.734000", "075012.734000", "075012.750000", "075012.750000", "075012.750000", "075017.734000", "075017.734000", "075017.734000", "075017.734000", "075022.734000", "075022.734000", "075022.734000", "075022.734000", "075027.734000", "075027.734000", "075027.734000", "075032.734000", "075032.734000", "075032.734000", "075032.734000", "075037.734000", "075037.734000", "075037.734000", "075037.734000", "075042.734000", "075042.734000", "075042.734000", "075047.734000", "075047.734000", "075047.734000", "075047.750000", "075052.734000", "075052.734000", "075052.734000", "075052.734000", "075057.734000", "075057.734000", "075057.734000", "075102.734000", "075102.734000", "075102.734000", "075102.750000", "075107.734000", "075107.734000", "075107.734000", "075107.734000", "075112.734000", "075112.734000", "075112.750000", "075112.750000", "075117.734000", "075117.734000", "075117.734000", "075122.734000", "075122.734000", "075122.734000", "075122.734000", "075127.734000", "075127.734000", "075127.734000", "075132.734000", "075132.734000", "075132.734000", "075132.734000", "075137.734000", "075137.734000", "075137.734000", "075137.750000", "075142.734000", "075142.734000", "075142.750000", "075147.734000", "075147.734000", "075147.734000", "075147.734000", "075152.734000", "075152.734000", "075152.734000", "075152.734000", "075157.734000", "075157.734000", "075157.734000", "075157.750000", "075202.734000", "075202.734000", "075202.734000", "075207.734000", "075207.734000", "075207.734000", "075207.734000", "075212.734000", "075212.734000", "075212.734000", "075212.734000", "075217.734000", "075217.734000", "075217.750000", "075217.750000", "075222.734000", "075222.734000", "075222.734000", "075222.734000", "075227.734000", "075227.734000", "075227.750000", "075232.734000", "075232.734000", "075232.734000", "075232.734000", "075237.734000", "075237.734000", "075237.734000", "075237.734000", "075242.734000", "075242.734000", "075242.734000", "075242.750000", "075247.734000", "075247.734000", "075247.734000", "075252.734000", "075252.734000", "075252.734000", "075252.734000", "075257.734000", "075257.734000", "075257.734000", "075257.734000", "075302.734000", "075302.734000", "075302.734000", "075307.734000", "075307.734000", "075307.734000", "075307.734000", "075312.734000", "075312.734000", "075312.734000", "075312.734000", "075317.734000", "075317.734000", "075317.734000", "075317.734000", "075322.734000", "075322.734000", "075322.734000", "075327.734000", "075327.734000", "075327.734000", "075327.734000", "075332.734000", "075332.734000", "075332.734000", "075332.734000", "075337.734000", "075337.734000", "075337.734000", "075337.734000", "075342.734000", "075342.734000", "075342.734000", "075347.734000", "075347.734000", "075347.734000", "075347.734000", "075352.734000", "075352.734000", "075352.734000", "075352.734000", "075357.734000", "075357.734000", "075357.734000", "075402.734000", "075402.734000", "075402.734000", "075402.734000", "075407.734000", "075407.734000", "075407.734000", "075412.734000", "075412.734000", "075412.734000", "075417.734000", "075417.734000", "075417.750000", "075417.750000", "075422.734000", "075422.734000", "075422.734000", "075422.734000", "075432.734000", "075432.734000", "075432.734000", "075432.734000", "075432.750000", "075432.750000", "075432.750000", "075437.734000", "075437.734000", "075437.734000", "075437.750000", "075442.734000", "075442.734000", "075442.734000", "075447.734000", "075447.734000", "075447.734000", "075447.734000", "075452.734000", "075452.734000", "075452.750000", "075452.750000", "075457.734000", "075457.734000", "075457.734000", "075502.734000", "075502.734000", "075502.734000", "075502.734000", "075507.734000", "075507.734000", "075507.734000", "075507.750000", "075512.734000", "075512.734000", "075512.734000", "075512.734000", "075517.734000", "075517.734000", "075517.734000", "075522.734000", "075522.734000", "075522.734000", "075522.750000", "075527.734000", "075527.734000", "075527.734000", "075527.734000", "075532.734000", "075532.734000", "075532.734000", "075537.734000", "075537.734000", "075537.734000", "075537.750000", "075542.734000", "075542.734000", "075542.734000", "075547.734000", "075547.734000", "075547.734000", "075547.734000", "075552.734000", "075552.734000", "075552.734000", "075552.734000", "075557.734000", "075557.734000", "075557.734000", "075602.734000", "075602.734000", "075602.734000", "075602.734000", "075607.734000", "075607.734000", "075607.734000", "075607.734000", "075612.734000", "075612.734000", "075612.734000", "075612.734000", "075617.734000", "075617.734000", "075617.734000", "075617.734000", "075622.734000", "075622.734000", "075622.734000", "075622.734000", "075627.734000", "075627.734000", "075627.750000", "075627.750000", "075632.734000", "075632.734000", "075632.734000", "075637.734000", "075637.734000", "075637.734000", "075637.734000", "075642.734000", "075642.734000", "075642.734000", "075642.734000", "075647.734000", "075647.734000", "075647.734000", "075647.734000", "075652.734000", "075652.734000", "075652.734000", "075652.750000", "075657.734000", "075657.734000", "075657.734000", "075657.734000", "075702.734000", "075702.734000", "075702.750000", "075707.734000", "075707.734000", "075707.734000", "075707.734000", "075712.734000", "075712.750000", "075712.750000", "075712.750000", "075717.734000", "075717.734000", "075717.734000", "075717.734000", "075722.734000", "075722.734000", "075722.734000", "075722.734000", "075727.734000", "075727.734000", "075727.734000", "075732.734000", "075732.734000", "075732.734000", "075732.734000", "075732.750000", "075737.734000", "075737.734000", "075737.734000", "075742.734000", "075742.734000", "075742.750000", "075742.750000", "075747.734000", "075747.734000", "075747.734000", "075747.734000", "075752.734000", "075752.734000", "075752.734000", "075756.781000", "075756.781000", "075756.781000", "075756.781000"], "InstanceCreationTime": ["074622.625000", "074627.734000", "074627.734000", "074627.734000", "074627.734000", "074632.734000", "074632.734000", "074632.734000", "074632.734000", "074637.734000", "074637.734000", "074637.734000", "074642.734000", "074642.734000", "074642.750000", "074642.750000", "074647.734000", "074647.734000", "074647.734000", "074647.734000", "074652.734000", "074652.734000", "074652.734000", "074657.734000", "074657.734000", "074657.734000", "074657.734000", "074702.734000", "074702.734000", "074702.734000", "074702.734000", "074707.734000", "074707.734000", "074707.734000", "074712.734000", "074712.734000", "074712.734000", "074712.734000", "074717.734000", "074717.734000", "074717.734000", "074717.734000", "074722.734000", "074722.734000", "074722.750000", "074722.750000", "074727.734000", "074727.734000", "074727.750000", "074727.750000", "074732.734000", "074732.734000", "074732.734000", "074737.734000", "074737.734000", "074737.734000", "074737.734000", "074742.734000", "074742.734000", "074742.734000", "074742.734000", "074747.734000", "074747.734000", "074747.734000", "074752.734000", "074752.734000", "074752.734000", "074752.734000", "074757.734000", "074757.734000", "074757.734000", "074757.734000", "074802.734000", "074802.734000", "074802.734000", "074802.734000", "074807.734000", "074807.734000", "074807.734000", "074812.734000", "074812.734000", "074812.734000", "074812.734000", "074817.734000", "074817.734000", "074817.750000", "074817.750000", "074822.734000", "074822.734000", "074822.750000", "074827.734000", "074827.734000", "074827.734000", "074827.750000", "074832.734000", "074832.734000", "074832.734000", "074832.734000", "074837.734000", "074837.734000", "074837.734000", "074837.734000", "074842.734000", "074842.734000", "074842.750000", "074842.750000", "074847.734000", "074847.734000", "074847.734000", "074852.734000", "074852.734000", "074852.734000", "074852.734000", "074857.734000", "074857.734000", "074857.734000", "074902.734000", "074902.734000", "074902.734000", "074902.734000", "074907.734000", "074907.734000", "074907.734000", "074912.734000", "074912.734000", "074912.734000", "074912.734000", "074917.734000", "074917.734000", "074917.734000", "074917.734000", "074922.734000", "074922.734000", "074922.734000", "074922.734000", "074927.734000", "074927.734000", "074927.734000", "074932.734000", "074932.734000", "074932.734000", "074932.734000", "074937.734000", "074937.734000", "074937.734000", "074937.734000", "074942.734000", "074942.734000", "074942.734000", "074942.734000", "074947.734000", "074947.734000", "074947.734000", "074952.734000", "074952.734000", "074952.734000", "074952.734000", "074957.734000", "074957.734000", "074957.734000", "074957.734000", "075002.734000", "075002.734000", "075002.734000", "075002.734000", "075007.734000", "075007.734000", "075007.734000", "075012.734000", "075012.750000", "075012.750000", "075012.750000", "075017.734000", "075017.734000", "075017.734000", "075017.734000", "075022.734000", "075022.734000", "075022.734000", "075022.734000", "075027.734000", "075027.734000", "075027.734000", "075032.734000", "075032.734000", "075032.734000", "075032.734000", "075037.734000", "075037.734000", "075037.734000", "075037.734000", "075042.734000", "075042.734000", "075042.734000", "075047.734000", "075047.734000", "075047.734000", "075047.750000", "075052.734000", "075052.734000", "075052.734000", "075052.734000", "075057.734000", "075057.734000", "075057.734000", "075102.734000", "075102.734000", "075102.734000", "075102.750000", "075107.734000", "075107.734000", "075107.734000", "075107.734000", "075112.734000", "075112.734000", "075112.750000", "075112.750000", "075117.734000", "075117.734000", "075117.734000", "075122.734000", "075122.734000", "075122.734000", "075122.734000", "075127.734000", "075127.734000", "075127.734000", "075132.734000", "075132.734000", "075132.734000", "075132.734000", "075137.734000", "075137.734000", "075137.734000", "075137.750000", "075142.734000", "075142.734000", "075142.750000", "075147.734000", "075147.734000", "075147.734000", "075147.734000", "075152.734000", "075152.734000", "075152.734000", "075152.734000", "075157.734000", "075157.734000", "075157.734000", "075157.750000", "075202.734000", "075202.734000", "075202.734000", "075207.734000", "075207.734000", "075207.734000", "075207.734000", "075212.734000", "075212.734000", "075212.734000", "075212.734000", "075217.734000", "075217.734000", "075217.750000", "075217.750000", "075222.734000", "075222.734000", "075222.734000", "075222.734000", "075227.734000", "075227.734000", "075227.750000", "075232.734000", "075232.734000", "075232.734000", "075232.734000", "075237.734000", "075237.734000", "075237.734000", "075237.734000", "075242.734000", "075242.734000", "075242.734000", "075242.750000", "075247.734000", "075247.734000", "075247.734000", "075252.734000", "075252.734000", "075252.734000", "075252.734000", "075257.734000", "075257.734000", "075257.734000", "075257.734000", "075302.734000", "075302.734000", "075302.734000", "075307.734000", "075307.734000", "075307.734000", "075307.734000", "075312.734000", "075312.734000", "075312.734000", "075312.734000", "075317.734000", "075317.734000", "075317.734000", "075317.734000", "075322.734000", "075322.734000", "075322.734000", "075327.734000", "075327.734000", "075327.734000", "075327.734000", "075332.734000", "075332.734000", "075332.734000", "075332.734000", "075337.734000", "075337.734000", "075337.734000", "075337.734000", "075342.734000", "075342.734000", "075342.734000", "075347.734000", "075347.734000", "075347.734000", "075347.734000", "075352.734000", "075352.734000", "075352.734000", "075352.734000", "075357.734000", "075357.734000", "075357.734000", "075402.734000", "075402.734000", "075402.734000", "075402.734000", "075407.734000", "075407.734000", "075407.734000", "075412.734000", "075412.734000", "075412.734000", "075417.734000", "075417.734000", "075417.750000", "075417.750000", "075422.734000", "075422.734000", "075422.734000", "075422.734000", "075432.734000", "075432.734000", "075432.734000", "075432.734000", "075432.750000", "075432.750000", "075432.750000", "075437.734000", "075437.734000", "075437.734000", "075437.750000", "075442.734000", "075442.734000", "075442.734000", "075447.734000", "075447.734000", "075447.734000", "075447.734000", "075452.734000", "075452.734000", "075452.750000", "075452.750000", "075457.734000", "075457.734000", "075457.734000", "075502.734000", "075502.734000", "075502.734000", "075502.734000", "075507.734000", "075507.734000", "075507.734000", "075507.750000", "075512.734000", "075512.734000", "075512.734000", "075512.734000", "075517.734000", "075517.734000", "075517.734000", "075522.734000", "075522.734000", "075522.734000", "075522.750000", "075527.734000", "075527.734000", "075527.734000", "075527.734000", "075532.734000", "075532.734000", "075532.734000", "075537.734000", "075537.734000", "075537.734000", "075537.750000", "075542.734000", "075542.734000", "075542.734000", "075547.734000", "075547.734000", "075547.734000", "075547.734000", "075552.734000", "075552.734000", "075552.734000", "075552.734000", "075557.734000", "075557.734000", "075557.734000", "075602.734000", "075602.734000", "075602.734000", "075602.734000", "075607.734000", "075607.734000", "075607.734000", "075607.734000", "075612.734000", "075612.734000", "075612.734000", "075612.734000", "075617.734000", "075617.734000", "075617.734000", "075617.734000", "075622.734000", "075622.734000", "075622.734000", "075622.734000", "075627.734000", "075627.734000", "075627.750000", "075627.750000", "075632.734000", "075632.734000", "075632.734000", "075637.734000", "075637.734000", "075637.734000", "075637.734000", "075642.734000", "075642.734000", "075642.734000", "075642.734000", "075647.734000", "075647.734000", "075647.734000", "075647.734000", "075652.734000", "075652.734000", "075652.734000", "075652.750000", "075657.734000", "075657.734000", "075657.734000", "075657.734000", "075702.734000", "075702.734000", "075702.750000", "075707.734000", "075707.734000", "075707.734000", "075707.734000", "075712.734000", "075712.750000", "075712.750000", "075712.750000", "075717.734000", "075717.734000", "075717.734000", "075717.734000", "075722.734000", "075722.734000", "075722.734000", "075722.734000", "075727.734000", "075727.734000", "075727.734000", "075732.734000", "075732.734000", "075732.734000", "075732.734000", "075732.750000", "075737.734000", "075737.734000", "075737.734000", "075742.734000", "075742.734000", "075742.750000", "075742.750000", "075747.734000", "075747.734000", "075747.734000", "075747.734000", "075752.734000", "075752.734000", "075752.734000", "075756.781000", "075756.781000", "075756.781000", "075756.781000"], "InstanceNumber": [1, 2, 3, 4, 5, 6, 7, 8, 9, 10, 11, 12, 13, 14, 15, 16, 17, 18, 19, 20, 21, 22, 23, 24, 25, 26, 27, 28, 29, 30, 31, 32, 33, 34, 35, 36, 37, 38, 39, 40, 41, 42, 43, 44, 45, 46, 47, 48, 49, 50, 51, 52, 53, 54, 55, 56, 57, 58, 59, 60, 61, 62, 63, 64, 65, 66, 67, 68, 69, 70, 71, 72, 73, 74, 75, 76, 77, 78, 79, 80, 81, 82, 83, 84, 85, 86, 87, 88, 89, 90, 91, 92, 93, 94, 95, 96, 97, 98, 99, 100, 101, 102, 103, 104, 105, 106, 107, 108, 109, 110, 111, 112, 113, 114, 115, 116, 117, 118, 119, 120, 121, 122, 123, 124, 125, 126, 127, 128, 129, 130, 131, 132, 133, 134, 135, 136, 137, 138, 139, 140, 141, 142, 143, 144, 145, 146, 147, 148, 149, 150, 151, 152, 153, 154, 155, 156, 157, 158, 159, 160, 161, 162, 163, 164, 165, 166, 167, 168, 169, 170, 171, 172, 173, 174, 175, 176, 177, 178, 179, 180, 181, 182, 183, 184, 185, 186, 187, 188, 189, 190, 191, 192, 193, 194, 195, 196, 197, 198, 199, 200, 201, 202, 203, 204, 205, 206, 207, 208, 209, 210, 211, 212, 213, 214, 215, 216, 217, 218, 219, 220, 221, 222, 223, 224, 225, 226, 227, 228, 229, 230, 231, 232, 233, 234, 235, 236, 237, 238, 239, 240, 241, 242, 243, 244, 245, 246, 247, 248, 249, 250, 251, 252, 253, 254, 255, 256, 257, 258, 259, 260, 261, 262, 263, 264, 265, 266, 267, 268, 269, 270, 271, 272, 273, 274, 275, 276, 277, 278, 279, 280, 281, 282, 283, 284, 285, 286, 287, 288, 289, 290, 291, 292, 293, 294, 295, 296, 297, 298, 299, 300, 301, 302, 303, 304, 305, 306, 307, 308, 309, 310, 311, 312, 313, 314, 315, 316, 317, 318, 319, 320, 321, 322, 323, 324, 325, 326, 327, 328, 329, 330, 331, 332, 333, 334, 335, 336, 337, 338, 339, 340, 341, 342, 343, 344, 345, 346, 347, 348, 349, 350, 351, 352, 353, 354, 355, 356, 357, 358, 359, 360, 361, 362, 363, 364, 365, 366, 367, 368, 369, 370, 371, 372, 373, 374, 375, 376, 377, 378, 379, 380, 381, 382, 383, 384, 385, 386, 387, 388, 389, 390, 391, 392, 393, 394, 395, 396, 397, 398, 399, 400, 401, 402, 403, 404, 405, 406, 407, 408, 409, 410, 411, 412, 413, 414, 415, 416, 417, 418, 419, 420, 421, 422, 423, 424, 425, 426, 427, 428, 429, 430, 431, 432, 433, 434, 435, 436, 437, 438, 439, 440, 441, 442, 443, 444, 445, 446, 447, 448, 449, 450, 451, 452, 453, 454, 455, 456, 457, 458, 459, 460, 461, 462, 463, 464, 465, 466, 467, 468, 469, 470, 471, 472, 473, 474, 475, 476, 477, 478, 479, 480, 481, 482, 483, 484, 485, 486, 487, 488, 489, 490, 491, 492, 493, 494, 495, 496, 497, 498, 499, 500, 501, 502, 503, 504, 505, 506, 507, 508, 509, 510, 511, 512, 513, 514, 515, 516, 517, 518], "LargestImagePixelValue": [29238, 28394, 28585, 28361, 28312, 27752, 27818, 27955, 27827, 27835, 27944, 28370, 27822, 27648, 27940, 27973, 27871, 27896, 27802, 28302, 28374, 27901, 27786, 27549, 27877, 27641, 27869, 28198, 27687, 27808, 27732, 27657, 27831, 28198, 27787, 27714, 27647, 27839, 28027, 28432, 28116, 27689, 27608, 27915, 27692, 27782, 27583, 27901, 28233, 27966, 27900, 27804, 28024, 28151, 28405, 28014, 27935, 27766, 27859, 27650, 27956, 28099, 28057, 27817, 27746, 28063, 28231, 28331, 27918, 28380, 28270, 27761, 27509, 27884, 28115, 28005, 28203, 28074, 28275, 27603, 28035, 28192, 27692, 28198, 27899, 27841, 27772, 27866, 27962, 28095, 28222, 27691, 27784, 27768, 27726, 27895, 27871, 27780, 27682, 27729, 27694, 27587, 27707, 27695, 27707, 27895, 28034, 27946, 27354, 27495, 27448, 27704, 27694, 27632, 28365, 28038, 27904, 27859, 27228, 27255, 27542, 27702, 27691, 28686, 27962, 28123, 28077, 29198, 29293, 29094, 30880, 28735, 29441, 27986, 29530, 27708, 28969, 28026, 27710, 27855, 27582, 28197, 27678, 27647, 27716, 27625, 27591, 27764, 28153, 28105, 27525, 27587, 27800, 27431, 27697, 28377, 27675, 28192, 27730, 27525, 27683, 28113, 27917, 27702, 27687, 28068, 28098, 27517, 27382, 27815, 27697, 27804, 28544, 28025, 27828, 28710, 28548, 27518, 28500, 27897, 28495, 27765, 28103, 28249, 28597, 28478, 27676, 29011, 28808, 27490, 28161, 28224, 29699, 27863, 28165, 29906, 27712, 27790, 28097, 27996, 27947, 27911, 29916, 28575, 27245, 29178, 27748, 28095, 30143, 27581, 27496, 27863, 27403, 27591, 29476, 27514, 27519, 27713, 27788, 27190, 28068, 27348, 28323, 27569, 27945, 27821, 27280, 27317, 27395, 29521, 27270, 27847, 27843, 28086, 30243, 27216, 27169, 27724, 27045, 28330, 27307, 27798, 28552, 27790, 29067, 27133, 28291, 27212, 28317, 28571, 29033, 29093, 27091, 27505, 28247, 28461, 30006, 27930, 27231, 30895, 26997, 27331, 28314, 27336, 28479, 26733, 26868, 28822, 27192, 28495, 27807, 28610, 26852, 29598, 28706, 27045, 27274, 27416, 27230, 28857, 27012, 27027, 28809, 26885, 26891, 27968, 27051, 30103, 28928, 27494, 26784, 27825, 26888, 27106, 27114, 26742, 26924, 27188, 26531, 26755, 26818, 26924, 27127, 27155, 27089, 27246, 27199, 28345, 28473, 26889, 27512, 28165, 27542, 30172, 29051, 26994, 27775, 28229, 27117, 29241, 26966, 28347, 30574, 28951, 27813, 29588, 27458, 29589, 27034, 26999, 28021, 26946, 28303, 27201, 28854, 26967, 29408, 28867, 28947, 31000, 27870, 28586, 30066, 26939, 27332, 28215, 28196, 28069, 26758, 26910, 27413, 26725, 28460, 27025, 27240, 28716, 26544, 27691, 26933, 28058, 28681, 26894, 29065, 26689, 28940, 27732, 26914, 28601, 26951, 27722, 26976, 26317, 26668, 27876, 26634, 26914, 27021, 28486, 26551, 26450, 26568, 26518, 26822, 26682, 27211, 26986, 26812, 26572, 27973, 26906, 27414, 26560, 27543, 26737, 27141, 27547, 27097, 28964, 26616, 26802, 29480, 26705, 26849, 27171, 26612, 29118, 27895, 28978, 27896, 27088, 28038, 26950, 27200, 27680, 27690, 27329, 27175, 26746, 29779, 28848, 26499, 26849, 27897, 26768, 26521, 28130, 26407, 26401, 26900, 26506, 27275, 26778, 28567, 25856, 26271, 26049, 26162, 26413, 25878, 27120, 26148, 28181, 27611, 27146, 26056, 26544, 26047, 26756, 25932, 26010, 27627, 27467, 28027, 26137, 28465, 26112, 26341, 25874, 26679, 28042, 27473, 27501, 26209, 26579, 27923, 26477, 26561, 26684, 26829, 27212, 27137, 30179, 27195, 27090, 28529, 27193, 27461, 27326, 27344, 28137, 26875, 27037, 27767, 26896, 27050, 27335, 27684, 26943, 27381, 29561, 26749, 26409, 26491, 26361, 26484, 27025, 25985, 26568, 28610, 26062, 28029, 26897, 25999, 26247, 26070, 25900, 26312, 26287, 25954, 28282, 26160, 25944, 26620, 26264, 26204, 28038, 26324, 26822], "WindowCenter": [10355.0, 10324.0, 10349.0, 10333.0, 10314.0, 10323.0, 10317.0, 10328.0, 10316.0, 10334.0, 10322.0, 10333.0, 10320.0, 10315.0, 10310.0, 10312.0, 10320.0, 10340.0, 10311.0, 10320.0, 10316.0, 10303.0, 10325.0, 10304.0, 10321.0, 10302.0, 10318.0, 10340.0, 10329.0, 10328.0, 10320.0, 10314.0, 10329.0, 10305.0, 10334.0, 10322.0, 10336.0, 10325.0, 10308.0, 10329.0, 10336.0, 10318.0, 10331.0, 10332.0, 10314.0, 10330.0, 10320.0, 10331.0, 10309.0, 10311.0, 10324.0, 10302.0, 10317.0, 10327.0, 10321.0, 10332.0, 10311.0, 10336.0, 10323.0, 10326.0, 10327.0, 10320.0, 10329.0, 10328.0, 10313.0, 10327.0, 10304.0, 10311.0, 10324.0, 10304.0, 10297.0, 10305.0, 10318.0, 10307.0, 10327.0, 10313.0, 10329.0, 10322.0, 10317.0, 10319.0, 10310.0, 10321.0, 10292.0, 10323.0, 10321.0, 10337.0, 10319.0, 10302.0, 10314.0, 10317.0, 10303.0, 10312.0, 10306.0, 10298.0, 10279.0, 10306.0, 10303.0, 10328.0, 10307.0, 10312.0, 10311.0, 10293.0, 10316.0, 10313.0, 10306.0, 10298.0, 10286.0, 10282.0, 10287.0, 10300.0, 10298.0, 10318.0, 10306.0, 10335.0, 10329.0, 10337.0, 10322.0, 10320.0, 10312.0, 10330.0, 10334.0, 10306.0, 10322.0, 10331.0, 10341.0, 10316.0, 10332.0, 10326.0, 10330.0, 10311.0, 10336.0, 10322.0, 10333.0, 10329.0, 10340.0, 10335.0, 10295.0, 10311.0, 10317.0, 10302.0, 10296.0, 10312.0, 10274.0, 10275.0, 10313.0, 10293.0, 10303.0, 10308.0, 10328.0, 10333.0, 10326.0, 10315.0, 10335.0, 10307.0, 10314.0, 10325.0, 10328.0, 10311.0, 10287.0, 10298.0, 10311.0, 10295.0, 10302.0, 10323.0, 10322.0, 10321.0, 10298.0, 10323.0, 10310.0, 10309.0, 10332.0, 10323.0, 10322.0, 10313.0, 10312.0, 10321.0, 10316.0, 10306.0, 10318.0, 10315.0, 10326.0, 10351.0, 10314.0, 10316.0, 10323.0, 10327.0, 10317.0, 10319.0, 10335.0, 10316.0, 10323.0, 10304.0, 10321.0, 10327.0, 10305.0, 10305.0, 10322.0, 10310.0, 10314.0, 10300.0, 10320.0, 10286.0, 10308.0, 10304.0, 10327.0, 10301.0, 10304.0, 10322.0, 10333.0, 10289.0, 10299.0, 10280.0, 10311.0, 10293.0, 10328.0, 10325.0, 10307.0, 10303.0, 10281.0, 10302.0, 10297.0, 10287.0, 10322.0, 10298.0, 10306.0, 10309.0, 10304.0, 10305.0, 10297.0, 10312.0, 10317.0, 10315.0, 10303.0, 10300.0, 10318.0, 10300.0, 10311.0, 10315.0, 10316.0, 10298.0, 10302.0, 10290.0, 10276.0, 10288.0, 10311.0, 10287.0, 10320.0, 10315.0, 10301.0, 10300.0, 10311.0, 10322.0, 10323.0, 10291.0, 10300.0, 10299.0, 10299.0, 10315.0, 10287.0, 10317.0, 10289.0, 10302.0, 10318.0, 10288.0, 10301.0, 10286.0, 10294.0, 10312.0, 10280.0, 10320.0, 10310.0, 10300.0, 10292.0, 10311.0, 10322.0, 10295.0, 10295.0, 10313.0, 10278.0, 10296.0, 10293.0, 10272.0, 10313.0, 10279.0, 10288.0, 10312.0, 10304.0, 10300.0, 10303.0, 10292.0, 10279.0, 10301.0, 10304.0, 10293.0, 10294.0, 10278.0, 10264.0, 10262.0, 10257.0, 10263.0, 10288.0, 10266.0, 10269.0, 10262.0, 10284.0, 10294.0, 10283.0, 10320.0, 10300.0, 10294.0, 10287.0, 10293.0, 10293.0, 10317.0, 10314.0, 10301.0, 10299.0, 10293.0, 10284.0, 10308.0, 10309.0, 10317.0, 10330.0, 10331.0, 10304.0, 10331.0, 10285.0, 10320.0, 10301.0, 10294.0, 10297.0, 10288.0, 10305.0, 10280.0, 10289.0, 10280.0, 10323.0, 10316.0, 10312.0, 10340.0, 10317.0, 10313.0, 10317.0, 10296.0, 10291.0, 10296.0, 10301.0, 10313.0, 10299.0, 10288.0, 10280.0, 10277.0, 10309.0, 10317.0, 10305.0, 10301.0, 10304.0, 10306.0, 10319.0, 10309.0, 10305.0, 10321.0, 10319.0, 10303.0, 10317.0, 10320.0, 10319.0, 10316.0, 10300.0, 10303.0, 10303.0, 10282.0, 10294.0, 10306.0, 10291.0, 10298.0, 10275.0, 10281.0, 10263.0, 10285.0, 10270.0, 10283.0, 10283.0, 10275.0, 10263.0, 10279.0, 10286.0, 10295.0, 10292.0, 10309.0, 10313.0, 10284.0, 10298.0, 10301.0, 10293.0, 10287.0, 10286.0, 10308.0, 10301.0, 10299.0, 10291.0, 10291.0, 10308.0, 10322.0, 10307.0, 10310.0, 10310.0, 10293.0, 10312.0, 10307.0, 10325.0, 10307.0, 10312.0, 10319.0, 10320.0, 10315.0, 10310.0, 10326.0, 10312.0, 10311.0, 10322.0, 10292.0, 10320.0, 10301.0, 10280.0, 10301.0, 10276.0, 10270.0, 10288.0, 10294.0, 10291.0, 10305.0, 10311.0, 10295.0, 10286.0, 10289.0, 10284.0, 10303.0, 10297.0, 10287.0, 10290.0, 10281.0, 10284.0, 10285.0, 10290.0, 10275.0, 10262.0, 10264.0, 10267.0, 10280.0, 10289.0, 10285.0, 10281.0, 10255.0, 10288.0, 10285.0, 10276.0, 10301.0, 10299.0, 10336.0, 10314.0, 10293.0, 10290.0, 10273.0, 10280.0, 10280.0, 10267.0, 10264.0, 10308.0, 10301.0, 10315.0, 10312.0, 10293.0, 10298.0, 10305.0, 10297.0, 10309.0, 10300.0, 10291.0, 10313.0, 10281.0, 10289.0, 10306.0, 10288.0, 10298.0, 10306.0, 10320.0, 10325.0, 10318.0, 10312.0, 10310.0, 10301.0, 10307.0, 10295.0, 10310.0, 10321.0, 10311.0, 10325.0, 10312.0, 10299.0, 10304.0, 10311.0, 10314.0, 10306.0, 10289.0, 10310.0, 10316.0, 10309.0, 10303.0, 10304.0, 10300.0, 10285.0, 10290.0, 10294.0, 10298.0, 10289.0, 10293.0, 10287.0], "WindowWidth": [22031.0, 21971.0, 22019.0, 21989.0, 21950.0, 21961.0, 21946.0, 21964.0, 21943.0, 21985.0, 21967.0, 21987.0, 21958.0, 21946.0, 21932.0, 21932.0, 21949.0, 21989.0, 21938.0, 21958.0, 21946.0, 21919.0, 21956.0, 21920.0, 21948.0, 21915.0, 21950.0, 21992.0, 21972.0, 21973.0, 21954.0, 21941.0, 21974.0, 21928.0, 21978.0, 21960.0, 21985.0, 21962.0, 21936.0, 21972.0, 21986.0, 21951.0, 21971.0, 21971.0, 21939.0, 21971.0, 21949.0, 21974.0, 21930.0, 21933.0, 21958.0, 21921.0, 21948.0, 21971.0, 21967.0, 21983.0, 21945.0, 21985.0, 21962.0, 21962.0, 21970.0, 21955.0, 21970.0, 21963.0, 21935.0, 21956.0, 21915.0, 21928.0, 21954.0, 21924.0, 21900.0, 21914.0, 21942.0, 21923.0, 21957.0, 21937.0, 21969.0, 21959.0, 21940.0, 21939.0, 21925.0, 21942.0, 21892.0, 21955.0, 21950.0, 21980.0, 21947.0, 21915.0, 21935.0, 21947.0, 21917.0, 21926.0, 21912.0, 21896.0, 21861.0, 21919.0, 21912.0, 21961.0, 21922.0, 21931.0, 21923.0, 21892.0, 21934.0, 21931.0, 21917.0, 21899.0, 21878.0, 21864.0, 21873.0, 21902.0, 21899.0, 21939.0, 21924.0, 21979.0, 21973.0, 21990.0, 21962.0, 21951.0, 21937.0, 21971.0, 21977.0, 21928.0, 21956.0, 21975.0, 21993.0, 21952.0, 21978.0, 21970.0, 21974.0, 21940.0, 21987.0, 21962.0, 21982.0, 21970.0, 21990.0, 21973.0, 21898.0, 21929.0, 21937.0, 21908.0, 21893.0, 21918.0, 21846.0, 21852.0, 21921.0, 21884.0, 21905.0, 21925.0, 21968.0, 21974.0, 21959.0, 21939.0, 21971.0, 21919.0, 21931.0, 21954.0, 21961.0, 21927.0, 21877.0, 21901.0, 21922.0, 21894.0, 21909.0, 21951.0, 21955.0, 21948.0, 21900.0, 21944.0, 21921.0, 21921.0, 21962.0, 21950.0, 21952.0, 21934.0, 21938.0, 21951.0, 21935.0, 21919.0, 21942.0, 21936.0, 21957.0, 22007.0, 21944.0, 21942.0, 21953.0, 21957.0, 21936.0, 21938.0, 21973.0, 21940.0, 21963.0, 21922.0, 21949.0, 21957.0, 21912.0, 21912.0, 21942.0, 21922.0, 21932.0, 21907.0, 21949.0, 21880.0, 21915.0, 21911.0, 21945.0, 21903.0, 21913.0, 21951.0, 21968.0, 21885.0, 21901.0, 21865.0, 21918.0, 21885.0, 21954.0, 21949.0, 21916.0, 21913.0, 21865.0, 21902.0, 21898.0, 21876.0, 21938.0, 21907.0, 21918.0, 21920.0, 21915.0, 21913.0, 21895.0, 21925.0, 21935.0, 21940.0, 21912.0, 21901.0, 21937.0, 21899.0, 21917.0, 21931.0, 21933.0, 21900.0, 21905.0, 21879.0, 21850.0, 21874.0, 21923.0, 21879.0, 21943.0, 21934.0, 21911.0, 21914.0, 21920.0, 21943.0, 21944.0, 21885.0, 21904.0, 21896.0, 21903.0, 21931.0, 21874.0, 21930.0, 21881.0, 21908.0, 21937.0, 21886.0, 21904.0, 21870.0, 21888.0, 21921.0, 21863.0, 21938.0, 21923.0, 21903.0, 21884.0, 21924.0, 21941.0, 21888.0, 21886.0, 21927.0, 21855.0, 21885.0, 21881.0, 21841.0, 21919.0, 21858.0, 21883.0, 21933.0, 21912.0, 21901.0, 21903.0, 21876.0, 21852.0, 21898.0, 21907.0, 21891.0, 21888.0, 21850.0, 21822.0, 21812.0, 21798.0, 21810.0, 21857.0, 21816.0, 21828.0, 21821.0, 21863.0, 21884.0, 21863.0, 21931.0, 21899.0, 21888.0, 21872.0, 21892.0, 21896.0, 21935.0, 21923.0, 21901.0, 21897.0, 21887.0, 21875.0, 21915.0, 21917.0, 21937.0, 21959.0, 21956.0, 21907.0, 21965.0, 21876.0, 21935.0, 21901.0, 21888.0, 21890.0, 21874.0, 21911.0, 21862.0, 21878.0, 21865.0, 21950.0, 21941.0, 21936.0, 21995.0, 21941.0, 21927.0, 21934.0, 21891.0, 21879.0, 21894.0, 21903.0, 21927.0, 21899.0, 21876.0, 21860.0, 21856.0, 21916.0, 21936.0, 21917.0, 21902.0, 21907.0, 21914.0, 21938.0, 21924.0, 21916.0, 21947.0, 21947.0, 21917.0, 21945.0, 21947.0, 21940.0, 21936.0, 21907.0, 21907.0, 21905.0, 21864.0, 21881.0, 21903.0, 21876.0, 21892.0, 21845.0, 21855.0, 21818.0, 21855.0, 21827.0, 21850.0, 21850.0, 21838.0, 21820.0, 21845.0, 21859.0, 21881.0, 21877.0, 21912.0, 21923.0, 21864.0, 21896.0, 21899.0, 21881.0, 21876.0, 21879.0, 21914.0, 21898.0, 21896.0, 21881.0, 21879.0, 21922.0, 21947.0, 21920.0, 21930.0, 21926.0, 21892.0, 21927.0, 21923.0, 21950.0, 21918.0, 21928.0, 21940.0, 21944.0, 21931.0, 21927.0, 21963.0, 21935.0, 21927.0, 21944.0, 21890.0, 21938.0, 21897.0, 21859.0, 21898.0, 21849.0, 21838.0, 21874.0, 21886.0, 21885.0, 21903.0, 21913.0, 21884.0, 21870.0, 21876.0, 21872.0, 21904.0, 21891.0, 21873.0, 21874.0, 21861.0, 21861.0, 21861.0, 21871.0, 21845.0, 21818.0, 21822.0, 21832.0, 21856.0, 21880.0, 21864.0, 21854.0, 21808.0, 21872.0, 21865.0, 21857.0, 21906.0, 21907.0, 21997.0, 21931.0, 21896.0, 21880.0, 21837.0, 21850.0, 21846.0, 21823.0, 21826.0, 21910.0, 21911.0, 21942.0, 21927.0, 21883.0, 21890.0, 21901.0, 21885.0, 21910.0, 21898.0, 21881.0, 21926.0, 21859.0, 21872.0, 21906.0, 21874.0, 21895.0, 21916.0, 21946.0, 21962.0, 21942.0, 21932.0, 21920.0, 21902.0, 21913.0, 21893.0, 21928.0, 21952.0, 21927.0, 21953.0, 21932.0, 21901.0, 21914.0, 21924.0, 21929.0, 21917.0, 21887.0, 21920.0, 21935.0, 21926.0, 21909.0, 21911.0, 21905.0, 21871.0, 21879.0, 21884.0, 21900.0, 21881.0, 21881.0, 21874.0]}, "slices": {}}}