{
	"Modality": "MR",
	"MagneticFieldStrength": 3,
	"ImagingFrequency": 127.679,
	"Manufacturer": "GE",
	"ManufacturersModelName": "DISCOVERY MR750",
	"InstitutionName": "CNI",
	"DeviceSerialNumber": "00000650723PSYMR",
	"StationName": "MRIPSMR",
	"PatientPosition": "HFS",
	"SoftwareVersions": "24\\LX\\MR Software release:DV24.0_R01_1344.a",
	"MRAcquisitionType": "3D",
	"SeriesDescription": "T1w 1mm ax",
	"ProtocolName": "HCP Lifespan 2015.05.01",
	"ScanningSequence": "GR",
	"SequenceVariant": "SS\\SK",
	"ScanOptions": "FAST_GEMS\\EDR_GEMS\\ACC_GEMS",
	"PulseSequenceName": "BRAVO",
	"ImageType": ["ORIGINAL", "PRIMARY", "OTHER"],
	"SeriesNumber": 13,
	"AcquisitionTime": "11:59:47.000000",
	"AcquisitionNumber": 1,
	"SliceThickness": 1.5,
	"SpacingBetweenSlices": 1.5,
	"SAR": 0.294896,
	"EchoTime": 0.00164,
	"RepetitionTime": 0.005224,
	"InversionTime": 0.45,
	"FlipAngle": 12,
	"ShimSetting": [
		1,
		6,
		-31	],
	"PrescanReuseString": "TG/s1,CF/s1,AS/s1",
	"CoilString": "RM:Nova32ch",
	"PercentPhaseFOV": 80,
	"PercentSampling": 100,
	"AcquisitionMatrixPE": 120,
	"ReconMatrixPE": 256,
	"ParallelReductionFactorInPlane": 3,
	"PixelBandwidth": 325.547,
	"ImageOrientationPatientDICOM": [
		1,
		-0,
		0,
		-0,
		1,
		0	],
	"InPlanePhaseEncodingDirectionDICOM": "ROW",
	"ConversionSoftware": "dcm2niix",
	"ConversionSoftwareVersion": "v1.0.20220720"
}
