{"AcquisitionMatrixPE": 96, "AcquisitionNumber": 1, "AcquisitionTime": "07:22:12.282500", "BandwidthPerPixelPhaseEncode": 33.602, "BaseResolution": 96, "BodyPartExamined": "BRAIN", "ConsistencyInfo": "N4_VD11D_LATEST_20110129", "ConversionSoftware": "dcm2niix", "ConversionSoftwareVersion": "v1.0.20210317", "DerivedVendorReportedEchoSpacing": 0.000620003, "DeviceSerialNumber": "45239", "DwellTime": 2.6e-06, "EchoTime": 0.03, "EchoTrainLength": 48, "EffectiveEchoSpacing": 0.000310001, "FlipAngle": 63, "ImageComments": "Unaliased MB4/PE3", "ImageOrientationPatientDICOM": [0.999461, 0.0255148, 0.0206765, -0.00958583, 0.828831, -0.559417], "ImageType": ["ORIGINAL", "PRIMARY", "M", "ND", "NORM", "MOSAIC"], "ImagingFrequency": 123.193, "InPlanePhaseEncodingDirectionDICOM": "COL", "InstitutionAddress": "E 24th St. 100,Austin,Southmiddle,US,78712", "InstitutionName": "Univ of Texas at Austin", "InstitutionalDepartmentName": "IRC", "MRAcquisitionType": "2D", "MagneticFieldStrength": 3, "Manufacturer": "Siemens", "ManufacturersModelName": "Skyra", "Modality": "MR", "MultibandAccelerationFactor": 4, "ParallelReductionFactorInPlane": 2, "PartialFourier": 1, "PatientPosition": "HFS", "PercentPhaseFOV": 100, "PercentSampling": 100, "PhaseEncodingDirection": "j-", "PhaseEncodingSteps": 96, "PhaseResolution": 1, "PixelBandwidth": 2005, "ProcedureStepDescription": "Poldrack2^self-scanning", "ProtocolName": "Resting State fMRI MBEPI_matrix96_BW2004", "PulseSequenceDetails": "%CustomerSeq%\\cmrr_mbep2d_bold", "ReceiveCoilActiveElements": "HEA;HEP", "ReceiveCoilName": "Head_32", "ReconMatrixPE": 96, "RefLinesPE": 94, "RepetitionTime": 1.16, "SAR": 0.10428, "ScanOptions": "FS", "ScanningSequence": "EP", "SequenceName": "epfid2d1_96", "SequenceVariant": "SK", "SeriesDescription": "Resting State fMRI MBEPI_matrix96_BW2004", "SeriesNumber": 9, "ShimSetting": [-2783, 8074, -15425, 168, -212, 128, 211, -88], "SliceThickness": 2, "SliceTiming": [0, 0.5, 0.9975, 0.3575, 0.855, 0.215, 0.7125, 0.0725, 0.57, 1.0675, 0.4275, 0.925, 0.285, 0.7825, 0.1425, 0.64, 0, 0.5, 0.9975, 0.3575, 0.855, 0.215, 0.7125, 0.0725, 0.57, 1.0675, 0.4275, 0.925, 0.285, 0.7825, 0.1425, 0.64, 0, 0.5, 0.9975, 0.3575, 0.855, 0.215, 0.7125, 0.0725, 0.57, 1.0675, 0.4275, 0.925, 0.285, 0.7825, 0.1425, 0.64, 0, 0.5, 0.9975, 0.3575, 0.855, 0.215, 0.7125, 0.0725, 0.57, 1.0675, 0.4275, 0.925, 0.285, 0.7825, 0.1425, 0.64], "SoftwareVersions": "syngo MR D11", "SpacingBetweenSlices": 2.4, "StationName": "AWP45239", "TaskName": "Resting fmri", "TotalReadoutTime": 0.0294501, "TxRefAmp": 348.082, "WipMemBlock": "70592057-c74d-4d9a-8733-f7c17b6843ed||Sequence: VD11D r195; Nov 21 2012 15:36:10 by eja", "dcmmeta_affine": [[-2.394541025161743, -0.0229660514742136, 0.07538583129644394, 118.09496307373047], [-0.06112921983003616, 1.9857409000396729, -1.3414007425308228, -69.55766296386719], [0.04953752085566521, 1.340269684791565, 1.9887083768844604, -85.05850982666016], [0.0, 0.0, 0.0, 1.0]], "dcmmeta_reorient_transform": [[0.0, -1.0, 0.0, 95.0], [1.0, 0.0, 0.0, 0.0], [0.0, 0.0, 1.0, 0.0], [0.0, 0.0, 0.0, 1.0]], "dcmmeta_shape": [96, 96, 64, 518], "dcmmeta_slice_dim": 2, "dcmmeta_version": 0.6, "global": {"const": {"AcquisitionMatrix": [96, 0, 0, 96], "AngioFlag": "N", "BitsAllocated": 16, "BitsStored": 16, "BodyPartExamined": "BRAIN", "Columns": 768, "EchoNumbers": 1, "EchoTime": 30.0, "EchoTrainLength": 48, "FlipAngle": 63.0, "HighBit": 15, "ImageOrientationPatient": [0.99946059242404, 0.02551480517001, 0.02067653037919, -0.0095858306856, 0.82883098893946, -0.559416931835], "ImagePositionPatient": [-912.76234153314, -806.83605807565, 475.95312074803], "ImageType": ["ORIGINAL", "PRIMARY", "M", "ND", "NORM", "MOSAIC"], "ImagedNucleus": "1H", "ImagingFrequency": 123.193326, "InPlanePhaseEncodingDirection": "COL", "MRAcquisitionType": "2D", "MagneticFieldStrength": 3.0, "Manufacturer": "SIEMENS", "ManufacturerModelName": "Skyra", "Modality": "MR", "NumberOfAverages": 1.0, "NumberOfPhaseEncodingSteps": 96, "PercentPhaseFieldOfView": 100.0, "PercentSampling": 100.0, "PerformedProcedureStepStartTime": "070359.515000", "PhotometricInterpretation": "MONOCHROME2", "PixelBandwidth": 2005.0, "PixelRepresentation": 0, "PixelSpacing": [2.3958332538605, 2.3958332538605], "ProtocolName": "Resting State fMRI MBEPI_matrix96_BW2004", "RepetitionTime": 1160.0, "Rows": 768, "SAR": 0.10427982375673, "SamplesPerPixel": 1, "ScanOptions": "FS", "ScanningSequence": "EP", "SequenceName": "epfid2d1_96", "SequenceVariant": "SK", "SeriesDescription": "Resting State fMRI MBEPI_matrix96_BW2004", "SeriesNumber": 9, "SeriesTime": "072255.218000", "SliceLocation": -27.895491672705, "SliceThickness": 2.0, "SmallestImagePixelValue": 0, "SoftwareVersions": "syngo MR D11", "SpacingBetweenSlices": 2.3999999580146, "SpecificCharacterSet": "ISO_IR 100", "StudyID": "1", "StudyTime": "070359.484000", "TransmitCoilName": "Body", "VariableFlipAngleFlag": "N", "WindowCenterWidthExplanation": "Algo1", "dBdt": 0.0}, "slices": {}}, "time": {"samples": {"AcquisitionNumber": [1, 2, 3, 4, 5, 6, 7, 8, 9, 10, 11, 12, 13, 14, 15, 16, 17, 18, 19, 20, 21, 22, 23, 24, 25, 26, 27, 28, 29, 30, 31, 32, 33, 34, 35, 36, 37, 38, 39, 40, 41, 42, 43, 44, 45, 46, 47, 48, 49, 50, 51, 52, 53, 54, 55, 56, 57, 58, 59, 60, 61, 62, 63, 64, 65, 66, 67, 68, 69, 70, 71, 72, 73, 74, 75, 76, 77, 78, 79, 80, 81, 82, 83, 84, 85, 86, 87, 88, 89, 90, 91, 92, 93, 94, 95, 96, 97, 98, 99, 100, 101, 102, 103, 104, 105, 106, 107, 108, 109, 110, 111, 112, 113, 114, 115, 116, 117, 118, 119, 120, 121, 122, 123, 124, 125, 126, 127, 128, 129, 130, 131, 132, 133, 134, 135, 136, 137, 138, 139, 140, 141, 142, 143, 144, 145, 146, 147, 148, 149, 150, 151, 152, 153, 154, 155, 156, 157, 158, 159, 160, 161, 162, 163, 164, 165, 166, 167, 168, 169, 170, 171, 172, 173, 174, 175, 176, 177, 178, 179, 180, 181, 182, 183, 184, 185, 186, 187, 188, 189, 190, 191, 192, 193, 194, 195, 196, 197, 198, 199, 200, 201, 202, 203, 204, 205, 206, 207, 208, 209, 210, 211, 212, 213, 214, 215, 216, 217, 218, 219, 220, 221, 222, 223, 224, 225, 226, 227, 228, 229, 230, 231, 232, 233, 234, 235, 236, 237, 238, 239, 240, 241, 242, 243, 244, 245, 246, 247, 248, 249, 250, 251, 252, 253, 254, 255, 256, 257, 258, 259, 260, 261, 262, 263, 264, 265, 266, 267, 268, 269, 270, 271, 272, 273, 274, 275, 276, 277, 278, 279, 280, 281, 282, 283, 284, 285, 286, 287, 288, 289, 290, 291, 292, 293, 294, 295, 296, 297, 298, 299, 300, 301, 302, 303, 304, 305, 306, 307, 308, 309, 310, 311, 312, 313, 314, 315, 316, 317, 318, 319, 320, 321, 322, 323, 324, 325, 326, 327, 328, 329, 330, 331, 332, 333, 334, 335, 336, 337, 338, 339, 340, 341, 342, 343, 344, 345, 346, 347, 348, 349, 350, 351, 352, 353, 354, 355, 356, 357, 358, 359, 360, 361, 362, 363, 364, 365, 366, 367, 368, 369, 370, 371, 372, 373, 374, 375, 376, 377, 378, 379, 380, 381, 382, 383, 384, 385, 386, 387, 388, 389, 390, 391, 392, 393, 394, 395, 396, 397, 398, 399, 400, 401, 402, 403, 404, 405, 406, 407, 408, 409, 410, 411, 412, 413, 414, 415, 416, 417, 418, 419, 420, 421, 422, 423, 424, 425, 426, 427, 428, 429, 430, 431, 432, 433, 434, 435, 436, 437, 438, 439, 440, 441, 442, 443, 444, 445, 446, 447, 448, 449, 450, 451, 452, 453, 454, 455, 456, 457, 458, 459, 460, 461, 462, 463, 464, 465, 466, 467, 468, 469, 470, 471, 472, 473, 474, 475, 476, 477, 478, 479, 480, 481, 482, 483, 484, 485, 486, 487, 488, 489, 490, 491, 492, 493, 494, 495, 496, 497, 498, 499, 500, 501, 502, 503, 504, 505, 506, 507, 508, 509, 510, 511, 512, 513, 514, 515, 516, 517, 518], "AcquisitionTime": ["072212.282500", "072241.282500", "072242.442500", "072243.602500", "072244.762500", "072245.922500", "072247.082500", "072248.242500", "072249.402500", "072250.562500", "072251.722500", "072252.882500", "072254.042500", "072255.202500", "072256.362500", "072257.522500", "072258.682500", "072259.842500", "072301.002500", "072302.162500", "072303.322500", "072304.482500", "072305.642500", "072306.802500", "072307.962500", "072309.122500", "072310.282500", "072311.442500", "072312.602500", "072313.762500", "072314.922500", "072316.082500", "072317.242500", "072318.402500", "072319.562500", "072320.722500", "072321.882500", "072323.042500", "072324.202500", "072325.362500", "072326.522500", "072327.682500", "072328.842500", "072330.002500", "072331.162500", "072332.322500", "072333.482500", "072334.642500", "072335.802500", "072336.962500", "072338.122500", "072339.282500", "072340.442500", "072341.602500", "072342.762500", "072343.922500", "072345.082500", "072346.242500", "072347.402500", "072348.562500", "072349.722500", "072350.882500", "072352.042500", "072353.202500", "072354.362500", "072355.522500", "072356.682500", "072357.842500", "072359.002500", "072400.162500", "072401.322500", "072402.482500", "072403.642500", "072404.802500", "072405.962500", "072407.122500", "072408.282500", "072409.442500", "072410.602500", "072411.762500", "072412.922500", "072414.082500", "072415.242500", "072416.402500", "072417.562500", "072418.722500", "072419.882500", "072421.042500", "072422.202500", "072423.362500", "072424.522500", "072425.682500", "072426.842500", "072428.002500", "072429.162500", "072430.322500", "072431.482500", "072432.642500", "072433.802500", "072434.962500", "072436.122500", "072437.282500", "072438.442500", "072439.602500", "072440.765000", "072441.925000", "072443.085000", "072444.245000", "072445.405000", "072446.565000", "072447.725000", "072448.885000", "072450.045000", "072451.205000", "072452.365000", "072453.525000", "072454.685000", "072455.845000", "072457.005000", "072458.165000", "072459.325000", "072500.485000", "072501.645000", "072502.805000", "072503.965000", "072505.125000", "072506.285000", "072507.445000", "072508.605000", "072509.765000", "072510.925000", "072512.085000", "072513.245000", "072514.405000", "072515.565000", "072516.725000", "072517.885000", "072519.045000", "072520.205000", "072521.365000", "072522.525000", "072523.685000", "072524.845000", "072526.005000", "072527.165000", "072528.325000", "072529.485000", "072530.645000", "072531.805000", "072532.965000", "072534.125000", "072535.285000", "072536.445000", "072537.605000", "072538.765000", "072539.925000", "072541.085000", "072542.245000", "072543.405000", "072544.565000", "072545.725000", "072546.885000", "072548.045000", "072549.205000", "072550.365000", "072551.525000", "072552.685000", "072553.845000", "072555.005000", "072556.165000", "072557.325000", "072558.485000", "072559.645000", "072600.805000", "072601.965000", "072603.125000", "072604.285000", "072605.445000", "072606.605000", "072607.765000", "072608.925000", "072610.085000", "072611.245000", "072612.405000", "072613.565000", "072614.725000", "072615.885000", "072617.045000", "072618.205000", "072619.365000", "072620.525000", "072621.685000", "072622.845000", "072624.005000", "072625.165000", "072626.325000", "072627.485000", "072628.645000", "072629.805000", "072630.965000", "072632.125000", "072633.285000", "072634.445000", "072635.605000", "072636.765000", "072637.925000", "072639.085000", "072640.245000", "072641.405000", "072642.565000", "072643.725000", "072644.885000", "072646.045000", "072647.205000", "072648.365000", "072649.525000", "072650.685000", "072651.845000", "072653.005000", "072654.165000", "072655.325000", "072656.485000", "072657.645000", "072658.805000", "072659.965000", "072701.125000", "072702.285000", "072703.445000", "072704.605000", "072705.765000", "072706.925000", "072708.085000", "072709.245000", "072710.405000", "072711.565000", "072712.725000", "072713.885000", "072715.045000", "072716.205000", "072717.365000", "072718.525000", "072719.685000", "072720.845000", "072722.005000", "072723.165000", "072724.325000", "072725.485000", "072726.645000", "072727.805000", "072728.965000", "072730.125000", "072731.285000", "072732.445000", "072733.605000", "072734.765000", "072735.925000", "072737.085000", "072738.245000", "072739.405000", "072740.565000", "072741.725000", "072742.885000", "072744.045000", "072745.205000", "072746.365000", "072747.525000", "072748.685000", "072749.845000", "072751.005000", "072752.165000", "072753.325000", "072754.485000", "072755.645000", "072756.805000", "072757.965000", "072759.125000", "072800.285000", "072801.445000", "072802.605000", "072803.765000", "072804.925000", "072806.085000", "072807.245000", "072808.405000", "072809.565000", "072810.725000", "072811.885000", "072813.045000", "072814.205000", "072815.365000", "072816.525000", "072817.685000", "072818.845000", "072820.005000", "072821.165000", "072822.325000", "072823.485000", "072824.645000", "072825.805000", "072826.965000", "072828.125000", "072829.285000", "072830.445000", "072831.605000", "072832.765000", "072833.925000", "072835.085000", "072836.245000", "072837.405000", "072838.565000", "072839.725000", "072840.885000", "072842.045000", "072843.205000", "072844.365000", "072845.525000", "072846.685000", "072847.845000", "072849.005000", "072850.165000", "072851.325000", "072852.485000", "072853.645000", "072854.805000", "072855.965000", "072857.125000", "072858.285000", "072859.445000", "072900.605000", "072901.765000", "072902.925000", "072904.085000", "072905.245000", "072906.405000", "072907.565000", "072908.725000", "072909.885000", "072911.045000", "072912.205000", "072913.365000", "072914.525000", "072915.685000", "072916.845000", "072918.005000", "072919.165000", "072920.325000", "072921.485000", "072922.645000", "072923.805000", "072924.965000", "072926.125000", "072927.285000", "072928.445000", "072929.605000", "072930.765000", "072931.927500", "072933.087500", "072934.247500", "072935.407500", "072936.567500", "072937.727500", "072938.887500", "072940.047500", "072941.207500", "072942.367500", "072943.527500", "072944.687500", "072945.847500", "072947.007500", "072948.167500", "072949.327500", "072950.487500", "072951.647500", "072952.807500", "072953.967500", "072955.127500", "072956.287500", "072957.447500", "072958.607500", "072959.767500", "073000.927500", "073002.087500", "073003.247500", "073004.407500", "073005.567500", "073006.727500", "073007.887500", "073009.047500", "073010.207500", "073011.367500", "073012.527500", "073013.687500", "073014.847500", "073016.007500", "073017.167500", "073018.327500", "073019.487500", "073020.647500", "073021.807500", "073022.967500", "073024.127500", "073025.287500", "073026.447500", "073027.607500", "073028.767500", "073029.927500", "073031.087500", "073032.247500", "073033.407500", "073034.567500", "073035.727500", "073036.887500", "073038.047500", "073039.207500", "073040.367500", "073041.527500", "073042.687500", "073043.847500", "073045.007500", "073046.167500", "073047.327500", "073048.487500", "073049.647500", "073050.807500", "073051.967500", "073053.127500", "073054.287500", "073055.447500", "073056.607500", "073057.767500", "073058.927500", "073100.087500", "073101.247500", "073102.407500", "073103.567500", "073104.727500", "073105.887500", "073107.047500", "073108.207500", "073109.367500", "073110.527500", "073111.687500", "073112.847500", "073114.007500", "073115.167500", "073116.327500", "073117.487500", "073118.647500", "073119.807500", "073120.967500", "073122.127500", "073123.287500", "073124.447500", "073125.607500", "073126.767500", "073127.927500", "073129.087500", "073130.247500", "073131.407500", "073132.567500", "073133.727500", "073134.887500", "073136.047500", "073137.207500", "073138.367500", "073139.527500", "073140.687500", "073141.847500", "073143.007500", "073144.167500", "073145.327500", "073146.487500", "073147.647500", "073148.807500", "073149.967500", "073151.127500", "073152.287500", "073153.447500", "073154.607500", "073155.767500", "073156.927500", "073158.087500", "073159.247500", "073200.407500", "073201.567500", "073202.727500", "073203.887500", "073205.047500", "073206.207500", "073207.367500", "073208.527500", "073209.687500", "073210.847500", "073212.007500", "073213.167500", "073214.327500", "073215.487500", "073216.647500", "073217.807500", "073218.967500", "073220.127500", "073221.287500", "073222.447500", "073223.607500", "073224.767500", "073225.927500", "073227.087500", "073228.247500", "073229.407500", "073230.567500", "073231.727500", "073232.887500", "073234.047500", "073235.207500", "073236.367500", "073237.527500", "073238.687500", "073239.847500"], "ContentTime": ["072255.218000", "072303.781000", "072303.781000", "072303.781000", "072303.796000", "072303.796000", "072303.796000", "072303.796000", "072308.781000", "072308.781000", "072308.781000", "072308.781000", "072313.781000", "072313.781000", "072313.781000", "072313.781000", "072313.796000", "072318.781000", "072318.781000", "072318.781000", "072318.781000", "072323.781000", "072323.781000", "072323.781000", "072323.781000", "072328.781000", "072328.812000", "072328.812000", "072328.828000", "072333.781000", "072333.796000", "072333.812000", "072338.781000", "072338.781000", "072338.781000", "072338.781000", "072343.781000", "072343.796000", "072343.796000", "072343.796000", "072348.781000", "072348.781000", "072348.781000", "072348.781000", "072353.781000", "072353.781000", "072353.781000", "072353.781000", "072358.781000", "072358.781000", "072358.781000", "072358.781000", "072403.781000", "072403.781000", "072403.781000", "072403.796000", "072408.781000", "072408.781000", "072408.781000", "072408.796000", "072413.781000", "072413.781000", "072413.781000", "072413.781000", "072418.781000", "072418.781000", "072418.781000", "072418.781000", "072423.781000", "072423.781000", "072423.796000", "072423.796000", "072433.781000", "072433.781000", "072433.781000", "072433.781000", "072433.796000", "072433.796000", "072433.796000", "072433.796000", "072438.781000", "072438.781000", "072438.781000", "072438.781000", "072443.781000", "072443.781000", "072443.796000", "072448.781000", "072448.781000", "072448.781000", "072448.796000", "072448.796000", "072453.781000", "072453.781000", "072453.781000", "072453.781000", "072458.781000", "072458.781000", "072458.781000", "072503.781000", "072503.781000", "072503.781000", "072503.781000", "072503.796000", "072508.781000", "072508.781000", "072508.781000", "072513.781000", "072513.781000", "072513.781000", "072513.796000", "072518.781000", "072518.781000", "072518.781000", "072518.781000", "072518.796000", "072523.781000", "072523.781000", "072523.796000", "072528.781000", "072528.781000", "072528.781000", "072528.781000", "072533.781000", "072533.781000", "072533.796000", "072533.796000", "072538.781000", "072538.781000", "072538.781000", "072538.781000", "072543.781000", "072543.781000", "072543.781000", "072543.781000", "072548.781000", "072548.781000", "072548.796000", "072548.796000", "072553.781000", "072553.781000", "072553.781000", "072553.781000", "072558.781000", "072558.781000", "072558.781000", "072558.781000", "072603.781000", "072603.781000", "072603.781000", "072603.781000", "072608.781000", "072608.812000", "072608.812000", "072608.812000", "072613.781000", "072613.781000", "072613.781000", "072613.781000", "072618.781000", "072618.796000", "072618.796000", "072618.796000", "072623.781000", "072623.796000", "072623.796000", "072623.796000", "072628.781000", "072628.796000", "072628.796000", "072628.796000", "072633.781000", "072633.781000", "072633.781000", "072633.781000", "072638.781000", "072638.796000", "072638.796000", "072638.796000", "072643.781000", "072643.796000", "072643.796000", "072643.796000", "072648.781000", "072648.781000", "072648.796000", "072648.796000", "072653.781000", "072653.781000", "072653.781000", "072653.781000", "072658.781000", "072658.781000", "072658.781000", "072658.796000", "072703.781000", "072703.781000", "072703.781000", "072708.781000", "072708.781000", "072708.796000", "072708.796000", "072708.796000", "072713.781000", "072713.781000", "072713.781000", "072713.781000", "072718.781000", "072718.781000", "072718.781000", "072723.781000", "072723.781000", "072723.796000", "072723.796000", "072728.781000", "072728.781000", "072728.781000", "072728.781000", "072733.781000", "072733.781000", "072733.781000", "072733.796000", "072738.781000", "072738.781000", "072738.796000", "072738.796000", "072738.796000", "072743.781000", "072743.781000", "072743.781000", "072743.781000", "072748.781000", "072748.781000", "072748.781000", "072753.781000", "072753.781000", "072753.781000", "072753.781000", "072758.781000", "072758.781000", "072758.781000", "072758.781000", "072803.781000", "072803.781000", "072803.781000", "072803.781000", "072808.781000", "072808.781000", "072808.781000", "072808.796000", "072813.781000", "072813.781000", "072813.781000", "072813.781000", "072818.781000", "072818.781000", "072818.781000", "072818.796000", "072823.781000", "072823.781000", "072823.781000", "072823.796000", "072828.781000", "072828.781000", "072828.781000", "072828.781000", "072833.781000", "072833.781000", "072833.796000", "072833.796000", "072838.781000", "072838.781000", "072838.781000", "072843.781000", "072843.781000", "072843.781000", "072843.781000", "072843.796000", "072848.781000", "072848.781000", "072848.781000", "072848.781000", "072853.781000", "072853.796000", "072853.796000", "072858.781000", "072858.781000", "072858.781000", "072858.781000", "072903.781000", "072903.781000", "072903.781000", "072903.781000", "072908.781000", "072908.781000", "072908.781000", "072908.781000", "072913.781000", "072913.781000", "072913.796000", "072913.796000", "072918.781000", "072918.781000", "072918.781000", "072923.781000", "072923.781000", "072923.781000", "072923.781000", "072928.781000", "072928.781000", "072928.781000", "072928.781000", "072933.781000", "072933.781000", "072933.796000", "072933.796000", "072938.781000", "072938.781000", "072938.796000", "072938.796000", "072943.781000", "072943.781000", "072943.781000", "072943.781000", "072948.781000", "072948.781000", "072948.781000", "072948.781000", "072953.781000", "072953.781000", "072953.781000", "072953.781000", "072953.796000", "072958.781000", "072958.781000", "072958.781000", "072958.781000", "073003.781000", "073003.781000", "073003.781000", "073003.781000", "073008.781000", "073008.781000", "073008.781000", "073008.781000", "073013.781000", "073013.781000", "073013.796000", "073013.796000", "073018.781000", "073018.781000", "073018.781000", "073018.781000", "073023.781000", "073023.781000", "073023.796000", "073023.796000", "073028.781000", "073028.781000", "073028.781000", "073028.781000", "073033.781000", "073033.781000", "073033.781000", "073033.781000", "073038.781000", "073038.781000", "073038.781000", "073038.781000", "073043.781000", "073043.781000", "073043.781000", "073043.781000", "073048.781000", "073048.781000", "073048.796000", "073048.796000", "073053.781000", "073053.781000", "073053.796000", "073053.796000", "073058.781000", "073058.781000", "073058.781000", "073058.796000", "073103.781000", "073103.781000", "073103.781000", "073103.781000", "073103.796000", "073108.781000", "073108.781000", "073108.781000", "073113.781000", "073113.781000", "073113.781000", "073113.781000", "073113.796000", "073118.781000", "073118.796000", "073118.796000", "073123.781000", "073123.781000", "073123.781000", "073123.781000", "073123.796000", "073128.781000", "073128.781000", "073128.781000", "073128.781000", "073133.781000", "073133.781000", "073133.781000", "073133.781000", "073138.781000", "073138.781000", "073138.781000", "073138.781000", "073143.781000", "073143.781000", "073143.781000", "073143.796000", "073148.781000", "073148.781000", "073148.796000", "073148.796000", "073153.781000", "073153.781000", "073153.796000", "073153.796000", "073158.781000", "073158.781000", "073158.781000", "073158.781000", "073203.781000", "073203.781000", "073203.781000", "073203.781000", "073208.781000", "073208.781000", "073208.781000", "073208.796000", "073213.781000", "073213.796000", "073213.796000", "073218.781000", "073218.781000", "073218.781000", "073218.796000", "073218.796000", "073223.781000", "073223.812000", "073223.812000", "073228.781000", "073228.781000", "073228.781000", "073228.781000", "073233.781000", "073233.781000", "073233.796000", "073233.796000", "073238.781000", "073238.781000", "073238.796000", "073238.796000", "073243.781000", "073243.781000", "073243.781000", "073243.781000", "073248.781000", "073248.781000", "073248.796000", "073248.796000", "073248.796000", "073253.781000", "073253.781000", "073253.781000", "073258.781000", "073258.781000", "073258.781000", "073258.781000", "073258.796000", "073303.781000", "073303.781000", "073303.796000", "073303.796000", "073308.781000", "073308.781000", "073308.781000", "073308.781000", "073313.781000", "073313.781000", "073313.796000", "073313.796000", "073318.781000", "073318.781000", "073318.781000", "073318.781000", "073323.781000", "073323.781000", "073323.781000", "073323.796000", "073323.796000", "073328.781000", "073328.781000", "073328.781000", "073328.781000", "073333.781000", "073333.781000", "073333.781000", "073333.796000", "073338.781000", "073338.781000", "073338.781000", "073338.781000", "073341.062000", "073341.062000", "073341.062000"], "InstanceCreationTime": ["072255.218000", "072303.781000", "072303.781000", "072303.781000", "072303.796000", "072303.796000", "072303.796000", "072303.796000", "072308.781000", "072308.781000", "072308.781000", "072308.781000", "072313.781000", "072313.781000", "072313.781000", "072313.781000", "072313.796000", "072318.781000", "072318.781000", "072318.781000", "072318.781000", "072323.781000", "072323.781000", "072323.781000", "072323.781000", "072328.781000", "072328.812000", "072328.812000", "072328.828000", "072333.781000", "072333.796000", "072333.812000", "072338.781000", "072338.781000", "072338.781000", "072338.781000", "072343.781000", "072343.796000", "072343.796000", "072343.796000", "072348.781000", "072348.781000", "072348.781000", "072348.781000", "072353.781000", "072353.781000", "072353.781000", "072353.781000", "072358.781000", "072358.781000", "072358.781000", "072358.781000", "072403.781000", "072403.781000", "072403.781000", "072403.796000", "072408.781000", "072408.781000", "072408.781000", "072408.796000", "072413.781000", "072413.781000", "072413.781000", "072413.781000", "072418.781000", "072418.781000", "072418.781000", "072418.781000", "072423.781000", "072423.781000", "072423.796000", "072423.796000", "072433.781000", "072433.781000", "072433.781000", "072433.781000", "072433.796000", "072433.796000", "072433.796000", "072433.796000", "072438.781000", "072438.781000", "072438.781000", "072438.781000", "072443.781000", "072443.781000", "072443.796000", "072448.781000", "072448.781000", "072448.781000", "072448.796000", "072448.796000", "072453.781000", "072453.781000", "072453.781000", "072453.781000", "072458.781000", "072458.781000", "072458.781000", "072503.781000", "072503.781000", "072503.781000", "072503.781000", "072503.796000", "072508.781000", "072508.781000", "072508.781000", "072513.781000", "072513.781000", "072513.781000", "072513.796000", "072518.781000", "072518.781000", "072518.781000", "072518.781000", "072518.796000", "072523.781000", "072523.781000", "072523.796000", "072528.781000", "072528.781000", "072528.781000", "072528.781000", "072533.781000", "072533.781000", "072533.796000", "072533.796000", "072538.781000", "072538.781000", "072538.781000", "072538.781000", "072543.781000", "072543.781000", "072543.781000", "072543.781000", "072548.781000", "072548.781000", "072548.796000", "072548.796000", "072553.781000", "072553.781000", "072553.781000", "072553.781000", "072558.781000", "072558.781000", "072558.781000", "072558.781000", "072603.781000", "072603.781000", "072603.781000", "072603.781000", "072608.781000", "072608.812000", "072608.812000", "072608.812000", "072613.781000", "072613.781000", "072613.781000", "072613.781000", "072618.781000", "072618.796000", "072618.796000", "072618.796000", "072623.781000", "072623.796000", "072623.796000", "072623.796000", "072628.781000", "072628.796000", "072628.796000", "072628.796000", "072633.781000", "072633.781000", "072633.781000", "072633.781000", "072638.781000", "072638.796000", "072638.796000", "072638.796000", "072643.781000", "072643.796000", "072643.796000", "072643.796000", "072648.781000", "072648.781000", "072648.796000", "072648.796000", "072653.781000", "072653.781000", "072653.781000", "072653.781000", "072658.781000", "072658.781000", "072658.781000", "072658.796000", "072703.781000", "072703.781000", "072703.781000", "072708.781000", "072708.781000", "072708.796000", "072708.796000", "072708.796000", "072713.781000", "072713.781000", "072713.781000", "072713.781000", "072718.781000", "072718.781000", "072718.781000", "072723.781000", "072723.781000", "072723.796000", "072723.796000", "072728.781000", "072728.781000", "072728.781000", "072728.781000", "072733.781000", "072733.781000", "072733.781000", "072733.796000", "072738.781000", "072738.781000", "072738.796000", "072738.796000", "072738.796000", "072743.781000", "072743.781000", "072743.781000", "072743.781000", "072748.781000", "072748.781000", "072748.781000", "072753.781000", "072753.781000", "072753.781000", "072753.781000", "072758.781000", "072758.781000", "072758.781000", "072758.781000", "072803.781000", "072803.781000", "072803.781000", "072803.781000", "072808.781000", "072808.781000", "072808.781000", "072808.796000", "072813.781000", "072813.781000", "072813.781000", "072813.781000", "072818.781000", "072818.781000", "072818.781000", "072818.796000", "072823.781000", "072823.781000", "072823.781000", "072823.796000", "072828.781000", "072828.781000", "072828.781000", "072828.781000", "072833.781000", "072833.781000", "072833.796000", "072833.796000", "072838.781000", "072838.781000", "072838.781000", "072843.781000", "072843.781000", "072843.781000", "072843.781000", "072843.796000", "072848.781000", "072848.781000", "072848.781000", "072848.781000", "072853.781000", "072853.796000", "072853.796000", "072858.781000", "072858.781000", "072858.781000", "072858.781000", "072903.781000", "072903.781000", "072903.781000", "072903.781000", "072908.781000", "072908.781000", "072908.781000", "072908.781000", "072913.781000", "072913.781000", "072913.796000", "072913.796000", "072918.781000", "072918.781000", "072918.781000", "072923.781000", "072923.781000", "072923.781000", "072923.781000", "072928.781000", "072928.781000", "072928.781000", "072928.781000", "072933.781000", "072933.781000", "072933.796000", "072933.796000", "072938.781000", "072938.781000", "072938.796000", "072938.796000", "072943.781000", "072943.781000", "072943.781000", "072943.781000", "072948.781000", "072948.781000", "072948.781000", "072948.781000", "072953.781000", "072953.781000", "072953.781000", "072953.781000", "072953.796000", "072958.781000", "072958.781000", "072958.781000", "072958.781000", "073003.781000", "073003.781000", "073003.781000", "073003.781000", "073008.781000", "073008.781000", "073008.781000", "073008.781000", "073013.781000", "073013.781000", "073013.796000", "073013.796000", "073018.781000", "073018.781000", "073018.781000", "073018.781000", "073023.781000", "073023.781000", "073023.796000", "073023.796000", "073028.781000", "073028.781000", "073028.781000", "073028.781000", "073033.781000", "073033.781000", "073033.781000", "073033.781000", "073038.781000", "073038.781000", "073038.781000", "073038.781000", "073043.781000", "073043.781000", "073043.781000", "073043.781000", "073048.781000", "073048.781000", "073048.796000", "073048.796000", "073053.781000", "073053.781000", "073053.796000", "073053.796000", "073058.781000", "073058.781000", "073058.781000", "073058.796000", "073103.781000", "073103.781000", "073103.781000", "073103.781000", "073103.796000", "073108.781000", "073108.781000", "073108.781000", "073113.781000", "073113.781000", "073113.781000", "073113.781000", "073113.796000", "073118.781000", "073118.796000", "073118.796000", "073123.781000", "073123.781000", "073123.781000", "073123.781000", "073123.796000", "073128.781000", "073128.781000", "073128.781000", "073128.781000", "073133.781000", "073133.781000", "073133.781000", "073133.781000", "073138.781000", "073138.781000", "073138.781000", "073138.781000", "073143.781000", "073143.781000", "073143.781000", "073143.796000", "073148.781000", "073148.781000", "073148.796000", "073148.796000", "073153.781000", "073153.781000", "073153.796000", "073153.796000", "073158.781000", "073158.781000", "073158.781000", "073158.781000", "073203.781000", "073203.781000", "073203.781000", "073203.781000", "073208.781000", "073208.781000", "073208.781000", "073208.796000", "073213.781000", "073213.796000", "073213.796000", "073218.781000", "073218.781000", "073218.781000", "073218.796000", "073218.796000", "073223.781000", "073223.812000", "073223.812000", "073228.781000", "073228.781000", "073228.781000", "073228.781000", "073233.781000", "073233.781000", "073233.796000", "073233.796000", "073238.781000", "073238.781000", "073238.796000", "073238.796000", "073243.781000", "073243.781000", "073243.781000", "073243.781000", "073248.781000", "073248.781000", "073248.796000", "073248.796000", "073248.796000", "073253.781000", "073253.781000", "073253.781000", "073258.781000", "073258.781000", "073258.781000", "073258.781000", "073258.796000", "073303.781000", "073303.781000", "073303.796000", "073303.796000", "073308.781000", "073308.781000", "073308.781000", "073308.781000", "073313.781000", "073313.781000", "073313.796000", "073313.796000", "073318.781000", "073318.781000", "073318.781000", "073318.781000", "073323.781000", "073323.781000", "073323.781000", "073323.796000", "073323.796000", "073328.781000", "073328.781000", "073328.781000", "073328.781000", "073333.781000", "073333.781000", "073333.781000", "073333.796000", "073338.781000", "073338.781000", "073338.781000", "073338.781000", "073341.062000", "073341.062000", "073341.062000"], "InstanceNumber": [1, 2, 3, 4, 5, 6, 7, 8, 9, 10, 11, 12, 13, 14, 15, 16, 17, 18, 19, 20, 21, 22, 23, 24, 25, 26, 27, 28, 29, 30, 31, 32, 33, 34, 35, 36, 37, 38, 39, 40, 41, 42, 43, 44, 45, 46, 47, 48, 49, 50, 51, 52, 53, 54, 55, 56, 57, 58, 59, 60, 61, 62, 63, 64, 65, 66, 67, 68, 69, 70, 71, 72, 73, 74, 75, 76, 77, 78, 79, 80, 81, 82, 83, 84, 85, 86, 87, 88, 89, 90, 91, 92, 93, 94, 95, 96, 97, 98, 99, 100, 101, 102, 103, 104, 105, 106, 107, 108, 109, 110, 111, 112, 113, 114, 115, 116, 117, 118, 119, 120, 121, 122, 123, 124, 125, 126, 127, 128, 129, 130, 131, 132, 133, 134, 135, 136, 137, 138, 139, 140, 141, 142, 143, 144, 145, 146, 147, 148, 149, 150, 151, 152, 153, 154, 155, 156, 157, 158, 159, 160, 161, 162, 163, 164, 165, 166, 167, 168, 169, 170, 171, 172, 173, 174, 175, 176, 177, 178, 179, 180, 181, 182, 183, 184, 185, 186, 187, 188, 189, 190, 191, 192, 193, 194, 195, 196, 197, 198, 199, 200, 201, 202, 203, 204, 205, 206, 207, 208, 209, 210, 211, 212, 213, 214, 215, 216, 217, 218, 219, 220, 221, 222, 223, 224, 225, 226, 227, 228, 229, 230, 231, 232, 233, 234, 235, 236, 237, 238, 239, 240, 241, 242, 243, 244, 245, 246, 247, 248, 249, 250, 251, 252, 253, 254, 255, 256, 257, 258, 259, 260, 261, 262, 263, 264, 265, 266, 267, 268, 269, 270, 271, 272, 273, 274, 275, 276, 277, 278, 279, 280, 281, 282, 283, 284, 285, 286, 287, 288, 289, 290, 291, 292, 293, 294, 295, 296, 297, 298, 299, 300, 301, 302, 303, 304, 305, 306, 307, 308, 309, 310, 311, 312, 313, 314, 315, 316, 317, 318, 319, 320, 321, 322, 323, 324, 325, 326, 327, 328, 329, 330, 331, 332, 333, 334, 335, 336, 337, 338, 339, 340, 341, 342, 343, 344, 345, 346, 347, 348, 349, 350, 351, 352, 353, 354, 355, 356, 357, 358, 359, 360, 361, 362, 363, 364, 365, 366, 367, 368, 369, 370, 371, 372, 373, 374, 375, 376, 377, 378, 379, 380, 381, 382, 383, 384, 385, 386, 387, 388, 389, 390, 391, 392, 393, 394, 395, 396, 397, 398, 399, 400, 401, 402, 403, 404, 405, 406, 407, 408, 409, 410, 411, 412, 413, 414, 415, 416, 417, 418, 419, 420, 421, 422, 423, 424, 425, 426, 427, 428, 429, 430, 431, 432, 433, 434, 435, 436, 437, 438, 439, 440, 441, 442, 443, 444, 445, 446, 447, 448, 449, 450, 451, 452, 453, 454, 455, 456, 457, 458, 459, 460, 461, 462, 463, 464, 465, 466, 467, 468, 469, 470, 471, 472, 473, 474, 475, 476, 477, 478, 479, 480, 481, 482, 483, 484, 485, 486, 487, 488, 489, 490, 491, 492, 493, 494, 495, 496, 497, 498, 499, 500, 501, 502, 503, 504, 505, 506, 507, 508, 509, 510, 511, 512, 513, 514, 515, 516, 517, 518], "LargestImagePixelValue": [28450, 27822, 27457, 27391, 27314, 27465, 27316, 27413, 27160, 27772, 27346, 27136, 27261, 27166, 27150, 27379, 27235, 27215, 27108, 27623, 29133, 28157, 27133, 26848, 26848, 27218, 27348, 27558, 27487, 27661, 27298, 27487, 27617, 27405, 27472, 27445, 27385, 27567, 27744, 27402, 28733, 27654, 27512, 27567, 27341, 27587, 27481, 27391, 27615, 27498, 27875, 27422, 27479, 27691, 27693, 27369, 27581, 27455, 27672, 27512, 27384, 27573, 27624, 27655, 27632, 27577, 27693, 27625, 27517, 27655, 27556, 27367, 27703, 27707, 27791, 27620, 27509, 27359, 27578, 27601, 27472, 27596, 27500, 27570, 27452, 27507, 27632, 27547, 27380, 27910, 27625, 27613, 27600, 27668, 27523, 27586, 27494, 27866, 27680, 27619, 27644, 27607, 27687, 27538, 27664, 27531, 27511, 27695, 27530, 27634, 27528, 27736, 27528, 27534, 27932, 27592, 27585, 27544, 27595, 27373, 27787, 27542, 27630, 27465, 27674, 27413, 27632, 27632, 27758, 27614, 27784, 27618, 27791, 27708, 27886, 27433, 27707, 27710, 27633, 27523, 27903, 27575, 27869, 27740, 27641, 27590, 27710, 28014, 27839, 27598, 27589, 27755, 27676, 27587, 27736, 27775, 27897, 27620, 27566, 27561, 27706, 27635, 27582, 27890, 27939, 27647, 27819, 27561, 27638, 27636, 28020, 27788, 27687, 27819, 27737, 27613, 27657, 27600, 27600, 27412, 27593, 27706, 27623, 27918, 27437, 27599, 27655, 27626, 27769, 27794, 27670, 27703, 27688, 27564, 27690, 27660, 27781, 27851, 27711, 27824, 27819, 29926, 28949, 28665, 28204, 27860, 27817, 27512, 27665, 27595, 27592, 27832, 27681, 27414, 27445, 27721, 27772, 27638, 27642, 27541, 27968, 27726, 27568, 27577, 27540, 27556, 27628, 27862, 27920, 27620, 27677, 27344, 27433, 27564, 27799, 28102, 27557, 27403, 27466, 27472, 27736, 27747, 27586, 27991, 27502, 27834, 27585, 27454, 27430, 27734, 27597, 27798, 27481, 27563, 27617, 27579, 27339, 27594, 28344, 27496, 27473, 27252, 27358, 27512, 27696, 27596, 27487, 27532, 27881, 27575, 27466, 27479, 27654, 27362, 27318, 27544, 27441, 27626, 27721, 27848, 27450, 27508, 27695, 27608, 27431, 27518, 27544, 27733, 27331, 27358, 27577, 27292, 27568, 27730, 27407, 27256, 27565, 27416, 27532, 27744, 27505, 27513, 27411, 27553, 27545, 27702, 27692, 27353, 27316, 27568, 27465, 27558, 27595, 27664, 27667, 27347, 27517, 27771, 27476, 27643, 27554, 27173, 27085, 27240, 27235, 27421, 27194, 27302, 27308, 27251, 27310, 27320, 27192, 27328, 27073, 27156, 27055, 27113, 27319, 27305, 27466, 27171, 27170, 26867, 27172, 27193, 27544, 27447, 26880, 27218, 27299, 27444, 27118, 27104, 27165, 27137, 27071, 27158, 27357, 27440, 27363, 27090, 27274, 27175, 27113, 27016, 27214, 27308, 26942, 26985, 26962, 27036, 27286, 27283, 27087, 27400, 27091, 27082, 27642, 27000, 26821, 26992, 27398, 27142, 27124, 27068, 26940, 27074, 26889, 26903, 27134, 27271, 27186, 26753, 26919, 27229, 26963, 26914, 27055, 26772, 26731, 26861, 26686, 27102, 26681, 27211, 26809, 27125, 26829, 27014, 26762, 27289, 26917, 26772, 27015, 27152, 26777, 26943, 26801, 27008, 26885, 26943, 26976, 26935, 27187, 26839, 26998, 27023, 26669, 26787, 26869, 26707, 26984, 26977, 26957, 27055, 26785, 26995, 27185, 26973, 26931, 27237, 26888, 26836, 27095, 26982, 26844, 26873, 26716, 26814, 27043, 26915, 26905, 27151, 27362, 26976, 26765, 26689, 26999, 27250, 26840, 26701, 27070, 27319, 26943, 27047, 26715, 26658, 26688, 26651, 26881, 26902, 26957, 26604, 26908, 27327, 26754, 26930, 26555, 26607, 26654, 26845, 27241, 26668, 26813, 26523, 26759, 26903, 27023, 26699, 27035, 26753, 26733, 26975, 26926, 26617, 26987, 26756, 26836, 26769, 26826, 27006, 26857, 27075, 26608, 26898, 26719, 26883, 27203, 26664, 26647, 26988, 26686, 26950, 27077, 26713, 26725, 26914], "WindowCenter": [10218.0, 10217.0, 10206.0, 10204.0, 10209.0, 10218.0, 10196.0, 10223.0, 10205.0, 10178.0, 10181.0, 10184.0, 10222.0, 10229.0, 10231.0, 10209.0, 10187.0, 10192.0, 10193.0, 10175.0, 10236.0, 10243.0, 10213.0, 10229.0, 10195.0, 10193.0, 10215.0, 10196.0, 10194.0, 10226.0, 10202.0, 10212.0, 10212.0, 10224.0, 10203.0, 10226.0, 10220.0, 10200.0, 10207.0, 10190.0, 10188.0, 10214.0, 10194.0, 10182.0, 10167.0, 10172.0, 10160.0, 10158.0, 10173.0, 10161.0, 10156.0, 10169.0, 10152.0, 10167.0, 10182.0, 10170.0, 10183.0, 10199.0, 10192.0, 10202.0, 10189.0, 10189.0, 10184.0, 10194.0, 10196.0, 10188.0, 10194.0, 10201.0, 10194.0, 10192.0, 10193.0, 10201.0, 10207.0, 10188.0, 10194.0, 10175.0, 10167.0, 10161.0, 10179.0, 10184.0, 10195.0, 10187.0, 10175.0, 10169.0, 10176.0, 10184.0, 10213.0, 10185.0, 10209.0, 10181.0, 10171.0, 10187.0, 10179.0, 10198.0, 10186.0, 10207.0, 10191.0, 10183.0, 10187.0, 10195.0, 10197.0, 10191.0, 10183.0, 10169.0, 10165.0, 10169.0, 10190.0, 10177.0, 10191.0, 10171.0, 10192.0, 10177.0, 10188.0, 10188.0, 10211.0, 10182.0, 10189.0, 10174.0, 10172.0, 10168.0, 10201.0, 10169.0, 10187.0, 10182.0, 10180.0, 10169.0, 10189.0, 10203.0, 10179.0, 10184.0, 10182.0, 10174.0, 10169.0, 10168.0, 10193.0, 10187.0, 10195.0, 10205.0, 10170.0, 10189.0, 10202.0, 10182.0, 10192.0, 10184.0, 10188.0, 10176.0, 10165.0, 10200.0, 10191.0, 10192.0, 10187.0, 10171.0, 10159.0, 10182.0, 10183.0, 10180.0, 10187.0, 10198.0, 10176.0, 10194.0, 10190.0, 10177.0, 10165.0, 10194.0, 10186.0, 10188.0, 10185.0, 10177.0, 10171.0, 10168.0, 10184.0, 10171.0, 10179.0, 10204.0, 10191.0, 10182.0, 10173.0, 10177.0, 10190.0, 10188.0, 10169.0, 10165.0, 10197.0, 10172.0, 10187.0, 10203.0, 10181.0, 10176.0, 10184.0, 10178.0, 10169.0, 10199.0, 10175.0, 10174.0, 10181.0, 10183.0, 10180.0, 10187.0, 10178.0, 10165.0, 10152.0, 10203.0, 10193.0, 10189.0, 10171.0, 10162.0, 10147.0, 10127.0, 10138.0, 10159.0, 10142.0, 10183.0, 10173.0, 10170.0, 10179.0, 10177.0, 10174.0, 10161.0, 10176.0, 10168.0, 10177.0, 10165.0, 10172.0, 10163.0, 10163.0, 10167.0, 10186.0, 10176.0, 10173.0, 10182.0, 10168.0, 10153.0, 10165.0, 10162.0, 10168.0, 10178.0, 10153.0, 10176.0, 10162.0, 10159.0, 10164.0, 10160.0, 10178.0, 10193.0, 10176.0, 10188.0, 10167.0, 10177.0, 10162.0, 10184.0, 10174.0, 10167.0, 10176.0, 10183.0, 10171.0, 10165.0, 10177.0, 10193.0, 10204.0, 10182.0, 10181.0, 10187.0, 10179.0, 10196.0, 10182.0, 10176.0, 10168.0, 10177.0, 10177.0, 10172.0, 10184.0, 10173.0, 10198.0, 10179.0, 10158.0, 10176.0, 10146.0, 10156.0, 10175.0, 10174.0, 10181.0, 10184.0, 10162.0, 10174.0, 10160.0, 10168.0, 10166.0, 10168.0, 10186.0, 10175.0, 10156.0, 10149.0, 10161.0, 10154.0, 10187.0, 10171.0, 10166.0, 10169.0, 10179.0, 10195.0, 10163.0, 10185.0, 10163.0, 10181.0, 10163.0, 10175.0, 10170.0, 10170.0, 10169.0, 10155.0, 10181.0, 10167.0, 10175.0, 10177.0, 10157.0, 10147.0, 10163.0, 10171.0, 10160.0, 10164.0, 10177.0, 10169.0, 10180.0, 10177.0, 10171.0, 10165.0, 10168.0, 10156.0, 10161.0, 10144.0, 10141.0, 10126.0, 10128.0, 10113.0, 10107.0, 10123.0, 10125.0, 10124.0, 10125.0, 10158.0, 10158.0, 10156.0, 10161.0, 10184.0, 10157.0, 10181.0, 10166.0, 10153.0, 10158.0, 10157.0, 10142.0, 10142.0, 10141.0, 10167.0, 10188.0, 10192.0, 10167.0, 10164.0, 10164.0, 10176.0, 10154.0, 10165.0, 10163.0, 10170.0, 10151.0, 10160.0, 10172.0, 10174.0, 10175.0, 10155.0, 10169.0, 10157.0, 10173.0, 10178.0, 10177.0, 10192.0, 10146.0, 10156.0, 10169.0, 10153.0, 10172.0, 10180.0, 10155.0, 10158.0, 10166.0, 10162.0, 10150.0, 10167.0, 10160.0, 10148.0, 10169.0, 10179.0, 10173.0, 10159.0, 10172.0, 10159.0, 10163.0, 10177.0, 10170.0, 10171.0, 10162.0, 10152.0, 10155.0, 10162.0, 10158.0, 10138.0, 10158.0, 10145.0, 10150.0, 10132.0, 10142.0, 10158.0, 10164.0, 10158.0, 10160.0, 10164.0, 10160.0, 10164.0, 10169.0, 10178.0, 10164.0, 10165.0, 10155.0, 10160.0, 10149.0, 10135.0, 10142.0, 10147.0, 10162.0, 10158.0, 10157.0, 10147.0, 10167.0, 10166.0, 10158.0, 10178.0, 10162.0, 10157.0, 10159.0, 10175.0, 10160.0, 10154.0, 10149.0, 10157.0, 10148.0, 10155.0, 10154.0, 10168.0, 10167.0, 10158.0, 10164.0, 10163.0, 10177.0, 10168.0, 10139.0, 10144.0, 10148.0, 10167.0, 10167.0, 10166.0, 10176.0, 10164.0, 10165.0, 10165.0, 10152.0, 10177.0, 10151.0, 10164.0, 10158.0, 10162.0, 10150.0, 10173.0, 10167.0, 10163.0, 10167.0, 10153.0, 10157.0, 10157.0, 10142.0, 10149.0, 10170.0, 10156.0, 10145.0, 10150.0, 10145.0, 10166.0, 10147.0, 10134.0, 10145.0, 10135.0, 10154.0, 10144.0, 10149.0, 10145.0, 10122.0, 10157.0, 10146.0, 10154.0, 10165.0, 10164.0, 10151.0, 10137.0, 10154.0, 10145.0, 10140.0, 10144.0, 10139.0, 10137.0, 10155.0, 10149.0, 10153.0, 10165.0, 10145.0, 10154.0, 10156.0, 10123.0, 10156.0, 10164.0], "WindowWidth": [21717.0, 21708.0, 21681.0, 21678.0, 21687.0, 21711.0, 21665.0, 21708.0, 21669.0, 21620.0, 21626.0, 21636.0, 21712.0, 21734.0, 21733.0, 21688.0, 21642.0, 21646.0, 21649.0, 21617.0, 21750.0, 21769.0, 21696.0, 21731.0, 21658.0, 21653.0, 21690.0, 21656.0, 21658.0, 21725.0, 21679.0, 21699.0, 21698.0, 21719.0, 21681.0, 21729.0, 21714.0, 21677.0, 21685.0, 21648.0, 21644.0, 21691.0, 21650.0, 21625.0, 21597.0, 21603.0, 21577.0, 21572.0, 21599.0, 21579.0, 21575.0, 21589.0, 21556.0, 21587.0, 21613.0, 21595.0, 21626.0, 21655.0, 21646.0, 21663.0, 21638.0, 21636.0, 21630.0, 21651.0, 21660.0, 21644.0, 21652.0, 21660.0, 21647.0, 21642.0, 21648.0, 21674.0, 21691.0, 21647.0, 21648.0, 21610.0, 21594.0, 21584.0, 21622.0, 21625.0, 21645.0, 21633.0, 21610.0, 21598.0, 21614.0, 21637.0, 21699.0, 21647.0, 21684.0, 21629.0, 21606.0, 21629.0, 21621.0, 21659.0, 21635.0, 21677.0, 21645.0, 21628.0, 21629.0, 21653.0, 21656.0, 21641.0, 21627.0, 21601.0, 21590.0, 21595.0, 21642.0, 21620.0, 21638.0, 21605.0, 21644.0, 21618.0, 21634.0, 21641.0, 21688.0, 21625.0, 21635.0, 21603.0, 21596.0, 21592.0, 21663.0, 21603.0, 21638.0, 21630.0, 21621.0, 21597.0, 21636.0, 21666.0, 21622.0, 21628.0, 21623.0, 21603.0, 21593.0, 21596.0, 21647.0, 21634.0, 21651.0, 21668.0, 21603.0, 21636.0, 21664.0, 21625.0, 21641.0, 21628.0, 21634.0, 21610.0, 21591.0, 21665.0, 21643.0, 21641.0, 21629.0, 21598.0, 21571.0, 21614.0, 21617.0, 21621.0, 21635.0, 21651.0, 21615.0, 21646.0, 21635.0, 21610.0, 21592.0, 21648.0, 21637.0, 21632.0, 21624.0, 21611.0, 21599.0, 21593.0, 21631.0, 21601.0, 21614.0, 21662.0, 21636.0, 21620.0, 21608.0, 21611.0, 21634.0, 21632.0, 21595.0, 21586.0, 21651.0, 21605.0, 21630.0, 21658.0, 21614.0, 21604.0, 21624.0, 21607.0, 21592.0, 21648.0, 21604.0, 21601.0, 21614.0, 21622.0, 21620.0, 21634.0, 21610.0, 21584.0, 21569.0, 21675.0, 21646.0, 21638.0, 21600.0, 21570.0, 21536.0, 21497.0, 21515.0, 21555.0, 21531.0, 21619.0, 21600.0, 21592.0, 21610.0, 21609.0, 21599.0, 21577.0, 21606.0, 21592.0, 21610.0, 21582.0, 21588.0, 21576.0, 21574.0, 21578.0, 21617.0, 21606.0, 21601.0, 21607.0, 21580.0, 21556.0, 21579.0, 21574.0, 21593.0, 21615.0, 21562.0, 21606.0, 21581.0, 21570.0, 21580.0, 21571.0, 21611.0, 21634.0, 21601.0, 21626.0, 21585.0, 21600.0, 21574.0, 21617.0, 21604.0, 21585.0, 21605.0, 21616.0, 21595.0, 21580.0, 21604.0, 21641.0, 21667.0, 21620.0, 21616.0, 21628.0, 21610.0, 21640.0, 21620.0, 21605.0, 21591.0, 21607.0, 21606.0, 21591.0, 21616.0, 21605.0, 21643.0, 21610.0, 21571.0, 21604.0, 21548.0, 21561.0, 21605.0, 21598.0, 21610.0, 21618.0, 21578.0, 21596.0, 21571.0, 21586.0, 21594.0, 21593.0, 21618.0, 21596.0, 21561.0, 21541.0, 21574.0, 21558.0, 21622.0, 21597.0, 21585.0, 21590.0, 21609.0, 21643.0, 21579.0, 21616.0, 21581.0, 21611.0, 21573.0, 21605.0, 21589.0, 21588.0, 21592.0, 21566.0, 21608.0, 21584.0, 21600.0, 21607.0, 21563.0, 21541.0, 21573.0, 21587.0, 21569.0, 21581.0, 21598.0, 21585.0, 21611.0, 21604.0, 21594.0, 21584.0, 21589.0, 21565.0, 21566.0, 21533.0, 21522.0, 21489.0, 21492.0, 21466.0, 21447.0, 21476.0, 21482.0, 21482.0, 21487.0, 21559.0, 21558.0, 21558.0, 21573.0, 21615.0, 21568.0, 21610.0, 21589.0, 21557.0, 21557.0, 21554.0, 21527.0, 21528.0, 21533.0, 21579.0, 21625.0, 21636.0, 21583.0, 21574.0, 21574.0, 21603.0, 21557.0, 21572.0, 21570.0, 21583.0, 21548.0, 21568.0, 21602.0, 21599.0, 21600.0, 21565.0, 21587.0, 21566.0, 21604.0, 21607.0, 21601.0, 21629.0, 21540.0, 21561.0, 21584.0, 21547.0, 21588.0, 21603.0, 21560.0, 21560.0, 21577.0, 21569.0, 21545.0, 21581.0, 21568.0, 21547.0, 21584.0, 21609.0, 21594.0, 21571.0, 21597.0, 21573.0, 21571.0, 21598.0, 21583.0, 21586.0, 21566.0, 21547.0, 21552.0, 21565.0, 21559.0, 21525.0, 21556.0, 21535.0, 21539.0, 21507.0, 21530.0, 21566.0, 21571.0, 21563.0, 21567.0, 21575.0, 21566.0, 21574.0, 21581.0, 21602.0, 21577.0, 21576.0, 21556.0, 21564.0, 21546.0, 21521.0, 21537.0, 21542.0, 21569.0, 21564.0, 21562.0, 21545.0, 21581.0, 21578.0, 21565.0, 21604.0, 21571.0, 21562.0, 21563.0, 21589.0, 21565.0, 21555.0, 21537.0, 21553.0, 21544.0, 21557.0, 21555.0, 21581.0, 21582.0, 21565.0, 21572.0, 21569.0, 21597.0, 21581.0, 21529.0, 21532.0, 21547.0, 21583.0, 21584.0, 21588.0, 21596.0, 21577.0, 21582.0, 21576.0, 21552.0, 21595.0, 21540.0, 21565.0, 21557.0, 21564.0, 21545.0, 21593.0, 21579.0, 21568.0, 21577.0, 21546.0, 21557.0, 21553.0, 21522.0, 21544.0, 21579.0, 21556.0, 21536.0, 21541.0, 21536.0, 21573.0, 21539.0, 21514.0, 21534.0, 21513.0, 21548.0, 21530.0, 21538.0, 21526.0, 21486.0, 21554.0, 21533.0, 21550.0, 21572.0, 21570.0, 21550.0, 21521.0, 21552.0, 21537.0, 21526.0, 21529.0, 21516.0, 21516.0, 21547.0, 21531.0, 21545.0, 21567.0, 21528.0, 21546.0, 21553.0, 21489.0, 21548.0, 21565.0]}, "slices": {}}}