{"AcquisitionMatrixPE": 96, "AcquisitionNumber": 1, "AcquisitionTime": "07:44:33.892500", "BandwidthPerPixelPhaseEncode": 33.602, "BaseResolution": 96, "BodyPartExamined": "BRAIN", "ConsistencyInfo": "N4_VD11D_LATEST_20110129", "ConversionSoftware": "dcm2niix", "ConversionSoftwareVersion": "v1.0.20210317", "DerivedVendorReportedEchoSpacing": 0.000620003, "DeviceSerialNumber": "45239", "DwellTime": 2.6e-06, "EchoTime": 0.03, "EchoTrainLength": 48, "EffectiveEchoSpacing": 0.000310001, "FlipAngle": 63, "ImageComments": "Unaliased MB4/PE3", "ImageOrientationPatientDICOM": [0.999854, -0.0130498, 0.0110237, 0.0167223, 0.879553, -0.475506], "ImageType": ["ORIGINAL", "PRIMARY", "M", "ND", "NORM", "MOSAIC"], "ImagingFrequency": 123.193, "InPlanePhaseEncodingDirectionDICOM": "COL", "InstitutionAddress": "E 24th St. 100,Austin,Southmiddle,US,78712", "InstitutionName": "Univ of Texas at Austin", "InstitutionalDepartmentName": "IRC", "MRAcquisitionType": "2D", "MagneticFieldStrength": 3, "Manufacturer": "Siemens", "ManufacturersModelName": "Skyra", "Modality": "MR", "MultibandAccelerationFactor": 4, "ParallelReductionFactorInPlane": 2, "PartialFourier": 1, "PatientPosition": "HFS", "PercentPhaseFOV": 100, "PercentSampling": 100, "PhaseEncodingDirection": "j-", "PhaseEncodingSteps": 96, "PhaseResolution": 1, "PixelBandwidth": 2005, "ProcedureStepDescription": "Poldrack2^self-scanning", "ProtocolName": "Breath_Hold", "PulseSequenceDetails": "%CustomerSeq%\\cmrr_mbep2d_bold", "ReceiveCoilActiveElements": "HEA;HEP", "ReceiveCoilName": "Head_32", "ReconMatrixPE": 96, "RefLinesPE": 94, "RepetitionTime": 1.16, "SAR": 0.104593, "ScanOptions": "FS", "ScanningSequence": "EP", "SequenceName": "epfid2d1_96", "SequenceVariant": "SK", "SeriesDescription": "Breath_Hold", "SeriesNumber": 8, "ShimSetting": [-2799, 7992, -15431, 154, -179, -25, 335, -105], "SliceThickness": 2, "SliceTiming": [0, 0.4975, 0.9975, 0.355, 0.855, 0.2125, 0.7125, 0.07, 0.57, 1.0675, 0.4275, 0.925, 0.285, 0.7825, 0.1425, 0.64, 0, 0.4975, 0.9975, 0.355, 0.855, 0.2125, 0.7125, 0.07, 0.57, 1.0675, 0.4275, 0.925, 0.285, 0.7825, 0.1425, 0.64, 0, 0.4975, 0.9975, 0.355, 0.855, 0.2125, 0.7125, 0.07, 0.57, 1.0675, 0.4275, 0.925, 0.285, 0.7825, 0.1425, 0.64, 0, 0.4975, 0.9975, 0.355, 0.855, 0.2125, 0.7125, 0.07, 0.57, 1.0675, 0.4275, 0.925, 0.285, 0.7825, 0.1425, 0.64], "SoftwareVersions": "syngo MR D11", "SpacingBetweenSlices": 2.4, "StationName": "AWP45239", "TaskName": "Breath holding task", "TotalReadoutTime": 0.0294501, "TxRefAmp": 348.313, "WipMemBlock": "b4c0ab45-96d6-4ad4-93d0-b7e9a770e766||Sequence: VD11D r206; Feb 13 2013 18:52:04 by eja", "dcmmeta_affine": [[-2.3954837322235107, 0.04006374999880791, 0.008377628400921822, 117.37720489501953], [0.03126510605216026, 2.1072630882263184, -1.141491174697876, -77.0395278930664], [0.02641095221042633, 1.139233946800232, 2.1111438274383545, -76.58582305908203], [0.0, 0.0, 0.0, 1.0]], "dcmmeta_reorient_transform": [[0.0, -1.0, 0.0, 95.0], [1.0, 0.0, 0.0, 0.0], [0.0, 0.0, 1.0, 0.0], [0.0, 0.0, 0.0, 1.0]], "dcmmeta_shape": [96, 96, 64, 318], "dcmmeta_slice_dim": 2, "dcmmeta_version": 0.6, "global": {"const": {"AcquisitionMatrix": [96, 0, 0, 96], "AngioFlag": "N", "BitsAllocated": 16, "BitsStored": 16, "BodyPartExamined": "BRAIN", "Columns": 768, "EchoNumbers": 1, "EchoTime": 30.0, "EchoTrainLength": 48, "FlipAngle": 63.0, "HighBit": 15, "ImageOrientationPatient": [0.99985407992243, -0.0130497837537, 0.0110237020304, 0.01672226136282, 0.87955333238699, -0.4755063632191], "ImagePositionPatient": [-939.52718812744, -820.68580177564, 405.54993095405], "ImageType": ["ORIGINAL", "PRIMARY", "M", "ND", "NORM", "MOSAIC"], "ImagedNucleus": "1H", "ImagingFrequency": 123.193349, "InPlanePhaseEncodingDirection": "COL", "MRAcquisitionType": "2D", "MagneticFieldStrength": 3.0, "Manufacturer": "SIEMENS", "ManufacturerModelName": "Skyra", "Modality": "MR", "NumberOfAverages": 1.0, "NumberOfPhaseEncodingSteps": 96, "PercentPhaseFieldOfView": 100.0, "PercentSampling": 100.0, "PerformedProcedureStepStartTime": "072438.593000", "PhotometricInterpretation": "MONOCHROME2", "PixelBandwidth": 2005.0, "PixelRepresentation": 0, "PixelSpacing": [2.3958332538605, 2.3958332538605], "ProtocolName": "Breath_Hold", "RepetitionTime": 1160.0, "Rows": 768, "SAR": 0.10459340429608, "SamplesPerPixel": 1, "ScanOptions": "FS", "ScanningSequence": "EP", "SequenceName": "epfid2d1_96", "SequenceVariant": "SK", "SeriesDescription": "Breath_Hold", "SeriesNumber": 8, "SeriesTime": "074540.109000", "SliceLocation": -30.316832646643, "SliceThickness": 2.0, "SmallestImagePixelValue": 0, "SoftwareVersions": "syngo MR D11", "SpacingBetweenSlices": 2.4000000189167, "SpecificCharacterSet": "ISO_IR 100", "StudyID": "1", "StudyTime": "072438.531000", "TransmitCoilName": "Body", "VariableFlipAngleFlag": "N", "WindowCenterWidthExplanation": "Algo1", "dBdt": 0.0}, "slices": {}}, "time": {"samples": {"AcquisitionNumber": [1, 2, 3, 4, 5, 6, 7, 8, 9, 10, 11, 12, 13, 14, 15, 16, 17, 18, 19, 20, 21, 22, 23, 24, 25, 26, 27, 28, 29, 30, 31, 32, 33, 34, 35, 36, 37, 38, 39, 40, 41, 42, 43, 44, 45, 46, 47, 48, 49, 50, 51, 52, 53, 54, 55, 56, 57, 58, 59, 60, 61, 62, 63, 64, 65, 66, 67, 68, 69, 70, 71, 72, 73, 74, 75, 76, 77, 78, 79, 80, 81, 82, 83, 84, 85, 86, 87, 88, 89, 90, 91, 92, 93, 94, 95, 96, 97, 98, 99, 100, 101, 102, 103, 104, 105, 106, 107, 108, 109, 110, 111, 112, 113, 114, 115, 116, 117, 118, 119, 120, 121, 122, 123, 124, 125, 126, 127, 128, 129, 130, 131, 132, 133, 134, 135, 136, 137, 138, 139, 140, 141, 142, 143, 144, 145, 146, 147, 148, 149, 150, 151, 152, 153, 154, 155, 156, 157, 158, 159, 160, 161, 162, 163, 164, 165, 166, 167, 168, 169, 170, 171, 172, 173, 174, 175, 176, 177, 178, 179, 180, 181, 182, 183, 184, 185, 186, 187, 188, 189, 190, 191, 192, 193, 194, 195, 196, 197, 198, 199, 200, 201, 202, 203, 204, 205, 206, 207, 208, 209, 210, 211, 212, 213, 214, 215, 216, 217, 218, 219, 220, 221, 222, 223, 224, 225, 226, 227, 228, 229, 230, 231, 232, 233, 234, 235, 236, 237, 238, 239, 240, 241, 242, 243, 244, 245, 246, 247, 248, 249, 250, 251, 252, 253, 254, 255, 256, 257, 258, 259, 260, 261, 262, 263, 264, 265, 266, 267, 268, 269, 270, 271, 272, 273, 274, 275, 276, 277, 278, 279, 280, 281, 282, 283, 284, 285, 286, 287, 288, 289, 290, 291, 292, 293, 294, 295, 296, 297, 298, 299, 300, 301, 302, 303, 304, 305, 306, 307, 308, 309, 310, 311, 312, 313, 314, 315, 316, 317, 318], "AcquisitionTime": ["074433.892500", "074502.892500", "074504.052500", "074505.212500", "074506.372500", "074507.532500", "074508.692500", "074509.852500", "074511.012500", "074512.172500", "074513.332500", "074514.492500", "074515.652500", "074516.812500", "074517.972500", "074519.132500", "074520.292500", "074521.452500", "074522.612500", "074523.772500", "074524.932500", "074526.092500", "074527.252500", "074528.412500", "074529.572500", "074530.732500", "074531.892500", "074533.052500", "074534.212500", "074535.372500", "074536.532500", "074537.692500", "074538.852500", "074540.012500", "074541.172500", "074542.332500", "074543.492500", "074544.652500", "074545.812500", "074546.972500", "074548.132500", "074549.292500", "074550.452500", "074551.612500", "074552.772500", "074553.932500", "074555.092500", "074556.252500", "074557.412500", "074558.572500", "074559.732500", "074600.892500", "074602.052500", "074603.212500", "074604.372500", "074605.532500", "074606.692500", "074607.852500", "074609.012500", "074610.172500", "074611.332500", "074612.492500", "074613.652500", "074614.812500", "074615.972500", "074617.132500", "074618.292500", "074619.452500", "074620.612500", "074621.772500", "074622.932500", "074624.092500", "074625.252500", "074626.412500", "074627.572500", "074628.732500", "074629.892500", "074631.052500", "074632.212500", "074633.372500", "074634.532500", "074635.692500", "074636.852500", "074638.012500", "074639.172500", "074640.332500", "074641.492500", "074642.652500", "074643.812500", "074644.972500", "074646.132500", "074647.292500", "074648.452500", "074649.612500", "074650.772500", "074651.932500", "074653.092500", "074654.252500", "074655.412500", "074656.572500", "074657.732500", "074658.892500", "074700.052500", "074701.212500", "074702.372500", "074703.532500", "074704.692500", "074705.852500", "074707.012500", "074708.172500", "074709.332500", "074710.492500", "074711.652500", "074712.812500", "074713.972500", "074715.132500", "074716.292500", "074717.452500", "074718.612500", "074719.772500", "074720.932500", "074722.092500", "074723.252500", "074724.412500", "074725.572500", "074726.732500", "074727.892500", "074729.052500", "074730.212500", "074731.372500", "074732.532500", "074733.692500", "074734.852500", "074736.012500", "074737.172500", "074738.332500", "074739.492500", "074740.652500", "074741.812500", "074742.972500", "074744.132500", "074745.292500", "074746.452500", "074747.612500", "074748.772500", "074749.932500", "074751.092500", "074752.252500", "074753.412500", "074754.572500", "074755.732500", "074756.892500", "074758.052500", "074759.212500", "074800.372500", "074801.532500", "074802.692500", "074803.852500", "074805.012500", "074806.172500", "074807.332500", "074808.492500", "074809.652500", "074810.812500", "074811.972500", "074813.132500", "074814.292500", "074815.452500", "074816.612500", "074817.772500", "074818.932500", "074820.092500", "074821.252500", "074822.412500", "074823.572500", "074824.732500", "074825.892500", "074827.052500", "074828.215000", "074829.375000", "074830.535000", "074831.695000", "074832.855000", "074834.015000", "074835.175000", "074836.335000", "074837.495000", "074838.655000", "074839.815000", "074840.975000", "074842.135000", "074843.295000", "074844.455000", "074845.615000", "074846.775000", "074847.935000", "074849.095000", "074850.255000", "074851.415000", "074852.575000", "074853.735000", "074854.895000", "074856.055000", "074857.215000", "074858.375000", "074859.535000", "074900.695000", "074901.855000", "074903.015000", "074904.175000", "074905.335000", "074906.495000", "074907.655000", "074908.815000", "074909.975000", "074911.135000", "074912.295000", "074913.455000", "074914.615000", "074915.775000", "074916.935000", "074918.095000", "074919.255000", "074920.415000", "074921.575000", "074922.735000", "074923.895000", "074925.055000", "074926.215000", "074927.375000", "074928.535000", "074929.695000", "074930.855000", "074932.015000", "074933.175000", "074934.335000", "074935.495000", "074936.655000", "074937.815000", "074938.975000", "074940.135000", "074941.295000", "074942.455000", "074943.615000", "074944.775000", "074945.935000", "074947.095000", "074948.255000", "074949.415000", "074950.575000", "074951.735000", "074952.895000", "074954.055000", "074955.215000", "074956.375000", "074957.535000", "074958.695000", "074959.855000", "075001.015000", "075002.175000", "075003.335000", "075004.495000", "075005.655000", "075006.815000", "075007.975000", "075009.135000", "075010.295000", "075011.455000", "075012.615000", "075013.775000", "075014.935000", "075016.095000", "075017.255000", "075018.415000", "075019.575000", "075020.735000", "075021.895000", "075023.055000", "075024.215000", "075025.375000", "075026.535000", "075027.695000", "075028.855000", "075030.015000", "075031.175000", "075032.335000", "075033.495000", "075034.655000", "075035.815000", "075036.975000", "075038.135000", "075039.295000", "075040.455000", "075041.615000", "075042.775000", "075043.935000", "075045.095000", "075046.255000", "075047.415000", "075048.575000", "075049.735000", "075050.895000", "075052.055000", "075053.215000", "075054.375000", "075055.535000", "075056.695000", "075057.855000", "075059.015000", "075100.175000", "075101.335000", "075102.495000", "075103.655000", "075104.815000", "075105.975000", "075107.135000", "075108.295000", "075109.455000"], "ContentTime": ["074540.109000", "074544.750000", "074544.750000", "074544.765000", "074544.765000", "074549.750000", "074549.750000", "074549.765000", "074549.765000", "074554.750000", "074554.750000", "074554.765000", "074559.750000", "074559.765000", "074559.765000", "074559.765000", "074604.750000", "074604.750000", "074604.765000", "074604.765000", "074609.750000", "074609.750000", "074609.765000", "074609.765000", "074614.750000", "074614.750000", "074614.765000", "074624.750000", "074624.765000", "074624.765000", "074624.765000", "074624.765000", "074624.781000", "074624.781000", "074624.781000", "074629.750000", "074629.765000", "074629.765000", "074634.750000", "074634.765000", "074634.765000", "074634.765000", "074639.750000", "074639.750000", "074639.765000", "074639.765000", "074644.750000", "074644.750000", "074644.765000", "074644.765000", "074649.750000", "074649.750000", "074649.765000", "074654.750000", "074654.750000", "074654.765000", "074654.765000", "074659.750000", "074659.750000", "074659.765000", "074659.781000", "074704.750000", "074704.750000", "074704.765000", "074709.750000", "074709.765000", "074709.765000", "074709.765000", "074714.750000", "074714.765000", "074714.765000", "074714.765000", "074719.750000", "074719.765000", "074719.765000", "074719.765000", "074724.750000", "074724.765000", "074724.765000", "074729.750000", "074729.765000", "074729.765000", "074729.765000", "074734.750000", "074734.750000", "074734.765000", "074734.765000", "074739.750000", "074739.750000", "074739.765000", "074744.750000", "074744.781000", "074744.781000", "074744.781000", "074749.750000", "074749.750000", "074749.765000", "074749.765000", "074754.750000", "074754.750000", "074754.765000", "074754.765000", "074759.750000", "074759.750000", "074759.765000", "074759.765000", "074804.750000", "074804.750000", "074804.765000", "074809.750000", "074809.781000", "074809.781000", "074809.781000", "074814.750000", "074814.765000", "074814.765000", "074814.765000", "074819.750000", "074819.765000", "074819.765000", "074819.765000", "074824.750000", "074824.750000", "074824.765000", "074824.765000", "074829.750000", "074829.765000", "074829.765000", "074829.765000", "074834.750000", "074834.750000", "074834.765000", "074839.750000", "074839.750000", "074839.765000", "074839.765000", "074839.765000", "074844.750000", "074844.750000", "074844.765000", "074849.750000", "074849.750000", "074849.765000", "074849.765000", "074854.750000", "074854.750000", "074854.765000", "074854.765000", "074859.750000", "074859.750000", "074859.765000", "074859.765000", "074904.750000", "074904.750000", "074904.765000", "074909.750000", "074909.750000", "074909.765000", "074909.765000", "074914.750000", "074914.750000", "074914.765000", "074914.765000", "074919.750000", "074919.750000", "074919.765000", "074919.765000", "074924.750000", "074924.750000", "074924.765000", "074924.765000", "074929.750000", "074929.750000", "074929.765000", "074934.750000", "074934.750000", "074934.765000", "074934.765000", "074939.750000", "074939.765000", "074939.765000", "074939.765000", "074944.750000", "074944.750000", "074944.765000", "074944.781000", "074949.750000", "074949.750000", "074949.781000", "074949.796000", "074954.750000", "074954.750000", "074954.765000", "074959.750000", "074959.765000", "074959.765000", "074959.765000", "075004.750000", "075004.750000", "075004.765000", "075004.765000", "075009.750000", "075009.750000", "075009.765000", "075009.765000", "075014.750000", "075014.750000", "075014.765000", "075014.765000", "075019.750000", "075019.750000", "075019.765000", "075019.765000", "075024.750000", "075024.750000", "075024.765000", "075024.765000", "075029.750000", "075029.750000", "075029.765000", "075034.750000", "075034.750000", "075034.765000", "075034.765000", "075039.750000", "075039.750000", "075039.765000", "075039.765000", "075044.750000", "075044.765000", "075044.765000", "075044.765000", "075049.750000", "075049.750000", "075049.765000", "075054.750000", "075054.750000", "075054.765000", "075054.765000", "075059.750000", "075059.750000", "075059.765000", "075059.765000", "075104.750000", "075104.750000", "075104.765000", "075109.750000", "075109.750000", "075109.765000", "075109.765000", "075114.750000", "075114.750000", "075114.765000", "075114.765000", "075119.750000", "075119.750000", "075119.765000", "075119.765000", "075124.750000", "075124.750000", "075124.765000", "075124.765000", "075129.750000", "075129.750000", "075129.765000", "075129.765000", "075134.750000", "075134.765000", "075134.765000", "075134.765000", "075139.750000", "075139.750000", "075139.765000", "075139.765000", "075144.750000", "075144.750000", "075144.765000", "075144.765000", "075149.750000", "075149.765000", "075149.765000", "075149.765000", "075154.750000", "075154.750000", "075154.765000", "075154.765000", "075159.750000", "075159.750000", "075159.765000", "075159.765000", "075204.750000", "075204.750000", "075204.765000", "075204.765000", "075209.750000", "075209.750000", "075209.765000", "075209.765000", "075214.750000", "075214.750000", "075214.765000", "075214.765000", "075219.750000", "075219.750000", "075219.765000", "075219.765000", "075224.750000", "075224.750000", "075224.765000", "075224.781000", "075229.750000", "075229.750000", "075229.765000", "075229.765000", "075229.765000", "075232.906000", "075232.906000", "075232.921000"], "InstanceCreationTime": ["074540.109000", "074544.750000", "074544.750000", "074544.765000", "074544.765000", "074549.750000", "074549.750000", "074549.765000", "074549.765000", "074554.750000", "074554.750000", "074554.765000", "074559.750000", "074559.765000", "074559.765000", "074559.765000", "074604.750000", "074604.750000", "074604.765000", "074604.765000", "074609.750000", "074609.750000", "074609.765000", "074609.765000", "074614.750000", "074614.750000", "074614.765000", "074624.750000", "074624.765000", "074624.765000", "074624.765000", "074624.765000", "074624.781000", "074624.781000", "074624.781000", "074629.750000", "074629.765000", "074629.765000", "074634.750000", "074634.765000", "074634.765000", "074634.765000", "074639.750000", "074639.750000", "074639.765000", "074639.765000", "074644.750000", "074644.750000", "074644.765000", "074644.765000", "074649.750000", "074649.750000", "074649.765000", "074654.750000", "074654.750000", "074654.765000", "074654.765000", "074659.750000", "074659.750000", "074659.765000", "074659.781000", "074704.750000", "074704.750000", "074704.765000", "074709.750000", "074709.765000", "074709.765000", "074709.765000", "074714.750000", "074714.765000", "074714.765000", "074714.765000", "074719.750000", "074719.765000", "074719.765000", "074719.765000", "074724.750000", "074724.765000", "074724.765000", "074729.750000", "074729.765000", "074729.765000", "074729.765000", "074734.750000", "074734.750000", "074734.765000", "074734.765000", "074739.750000", "074739.750000", "074739.765000", "074744.750000", "074744.781000", "074744.781000", "074744.781000", "074749.750000", "074749.750000", "074749.765000", "074749.765000", "074754.750000", "074754.750000", "074754.765000", "074754.765000", "074759.750000", "074759.750000", "074759.765000", "074759.765000", "074804.750000", "074804.750000", "074804.765000", "074809.750000", "074809.781000", "074809.781000", "074809.781000", "074814.750000", "074814.765000", "074814.765000", "074814.765000", "074819.750000", "074819.765000", "074819.765000", "074819.765000", "074824.750000", "074824.750000", "074824.765000", "074824.765000", "074829.750000", "074829.765000", "074829.765000", "074829.765000", "074834.750000", "074834.750000", "074834.765000", "074839.750000", "074839.750000", "074839.765000", "074839.765000", "074839.765000", "074844.750000", "074844.750000", "074844.765000", "074849.750000", "074849.750000", "074849.765000", "074849.765000", "074854.750000", "074854.750000", "074854.765000", "074854.765000", "074859.750000", "074859.750000", "074859.765000", "074859.765000", "074904.750000", "074904.750000", "074904.765000", "074909.750000", "074909.750000", "074909.765000", "074909.765000", "074914.750000", "074914.750000", "074914.765000", "074914.765000", "074919.750000", "074919.750000", "074919.765000", "074919.765000", "074924.750000", "074924.750000", "074924.765000", "074924.765000", "074929.750000", "074929.750000", "074929.765000", "074934.750000", "074934.750000", "074934.765000", "074934.765000", "074939.750000", "074939.765000", "074939.765000", "074939.765000", "074944.750000", "074944.750000", "074944.765000", "074944.781000", "074949.750000", "074949.750000", "074949.781000", "074949.796000", "074954.750000", "074954.750000", "074954.765000", "074959.750000", "074959.765000", "074959.765000", "074959.765000", "075004.750000", "075004.750000", "075004.765000", "075004.765000", "075009.750000", "075009.750000", "075009.765000", "075009.765000", "075014.750000", "075014.750000", "075014.765000", "075014.765000", "075019.750000", "075019.750000", "075019.765000", "075019.765000", "075024.750000", "075024.750000", "075024.765000", "075024.765000", "075029.750000", "075029.750000", "075029.765000", "075034.750000", "075034.750000", "075034.765000", "075034.765000", "075039.750000", "075039.750000", "075039.765000", "075039.765000", "075044.750000", "075044.765000", "075044.765000", "075044.765000", "075049.750000", "075049.750000", "075049.765000", "075054.750000", "075054.750000", "075054.765000", "075054.765000", "075059.750000", "075059.750000", "075059.765000", "075059.765000", "075104.750000", "075104.750000", "075104.765000", "075109.750000", "075109.750000", "075109.765000", "075109.765000", "075114.750000", "075114.750000", "075114.765000", "075114.765000", "075119.750000", "075119.750000", "075119.765000", "075119.765000", "075124.750000", "075124.750000", "075124.765000", "075124.765000", "075129.750000", "075129.750000", "075129.765000", "075129.765000", "075134.750000", "075134.765000", "075134.765000", "075134.765000", "075139.750000", "075139.750000", "075139.765000", "075139.765000", "075144.750000", "075144.750000", "075144.765000", "075144.765000", "075149.750000", "075149.765000", "075149.765000", "075149.765000", "075154.750000", "075154.750000", "075154.765000", "075154.765000", "075159.750000", "075159.750000", "075159.765000", "075159.765000", "075204.750000", "075204.750000", "075204.765000", "075204.765000", "075209.750000", "075209.750000", "075209.765000", "075209.765000", "075214.750000", "075214.750000", "075214.765000", "075214.765000", "075219.750000", "075219.750000", "075219.765000", "075219.765000", "075224.750000", "075224.750000", "075224.765000", "075224.781000", "075229.750000", "075229.750000", "075229.765000", "075229.765000", "075229.765000", "075232.906000", "075232.906000", "075232.921000"], "InstanceNumber": [1, 2, 3, 4, 5, 6, 7, 8, 9, 10, 11, 12, 13, 14, 15, 16, 17, 18, 19, 20, 21, 22, 23, 24, 25, 26, 27, 28, 29, 30, 31, 32, 33, 34, 35, 36, 37, 38, 39, 40, 41, 42, 43, 44, 45, 46, 47, 48, 49, 50, 51, 52, 53, 54, 55, 56, 57, 58, 59, 60, 61, 62, 63, 64, 65, 66, 67, 68, 69, 70, 71, 72, 73, 74, 75, 76, 77, 78, 79, 80, 81, 82, 83, 84, 85, 86, 87, 88, 89, 90, 91, 92, 93, 94, 95, 96, 97, 98, 99, 100, 101, 102, 103, 104, 105, 106, 107, 108, 109, 110, 111, 112, 113, 114, 115, 116, 117, 118, 119, 120, 121, 122, 123, 124, 125, 126, 127, 128, 129, 130, 131, 132, 133, 134, 135, 136, 137, 138, 139, 140, 141, 142, 143, 144, 145, 146, 147, 148, 149, 150, 151, 152, 153, 154, 155, 156, 157, 158, 159, 160, 161, 162, 163, 164, 165, 166, 167, 168, 169, 170, 171, 172, 173, 174, 175, 176, 177, 178, 179, 180, 181, 182, 183, 184, 185, 186, 187, 188, 189, 190, 191, 192, 193, 194, 195, 196, 197, 198, 199, 200, 201, 202, 203, 204, 205, 206, 207, 208, 209, 210, 211, 212, 213, 214, 215, 216, 217, 218, 219, 220, 221, 222, 223, 224, 225, 226, 227, 228, 229, 230, 231, 232, 233, 234, 235, 236, 237, 238, 239, 240, 241, 242, 243, 244, 245, 246, 247, 248, 249, 250, 251, 252, 253, 254, 255, 256, 257, 258, 259, 260, 261, 262, 263, 264, 265, 266, 267, 268, 269, 270, 271, 272, 273, 274, 275, 276, 277, 278, 279, 280, 281, 282, 283, 284, 285, 286, 287, 288, 289, 290, 291, 292, 293, 294, 295, 296, 297, 298, 299, 300, 301, 302, 303, 304, 305, 306, 307, 308, 309, 310, 311, 312, 313, 314, 315, 316, 317, 318], "LargestImagePixelValue": [27093, 23587, 23668, 24095, 25270, 27741, 27278, 24913, 23637, 23307, 26971, 26229, 23369, 22776, 25728, 24199, 25117, 25869, 25680, 26497, 25483, 22957, 24574, 26394, 25786, 26839, 23754, 24159, 25676, 22952, 24097, 26875, 23020, 23132, 22959, 23945, 26795, 27089, 25462, 23539, 22930, 25352, 24983, 24299, 24623, 25175, 23270, 24096, 23199, 25516, 24915, 24016, 25205, 24432, 24998, 24001, 24251, 23035, 23794, 25211, 26638, 23495, 23276, 25153, 25642, 26265, 26769, 23737, 23331, 26511, 26972, 26872, 23287, 24607, 24217, 24534, 23893, 22768, 26885, 24652, 24184, 24436, 25757, 25053, 26698, 24120, 24006, 25326, 25158, 22915, 25287, 25265, 22984, 22974, 24871, 26488, 23861, 24330, 25016, 24650, 23599, 23711, 25023, 24542, 24239, 25085, 25452, 23631, 23426, 23769, 24669, 24946, 25623, 26735, 23338, 24131, 24950, 24722, 24812, 23644, 23518, 23156, 24818, 26008, 25598, 25902, 24660, 23916, 23870, 22741, 25746, 26405, 23255, 23726, 23202, 24735, 25370, 23949, 23441, 22805, 24672, 24826, 23356, 23517, 24785, 24200, 25001, 23230, 24486, 23397, 24394, 25326, 23222, 24452, 23879, 24331, 23271, 23542, 22986, 24558, 23011, 22818, 23839, 24047, 26078, 23052, 22921, 23327, 22931, 25297, 27468, 27012, 24126, 25138, 25859, 23847, 26445, 27051, 27344, 22486, 27809, 22887, 24428, 24916, 23942, 23046, 23440, 25560, 24816, 22772, 24469, 23481, 22788, 24192, 23289, 24256, 23881, 23734, 25840, 22967, 24853, 25360, 22935, 25159, 24927, 23087, 23712, 23356, 23304, 23130, 24801, 25475, 23526, 22911, 24361, 23140, 23181, 23255, 25302, 25615, 22981, 24502, 26444, 23130, 23033, 23657, 26378, 24309, 24779, 26029, 22668, 27664, 27384, 22706, 24634, 25658, 25705, 25142, 23491, 24270, 22516, 22947, 24462, 25771, 24982, 22834, 24367, 26865, 24497, 23217, 24263, 24200, 22900, 23755, 26472, 24321, 22881, 24163, 24719, 23410, 24632, 22804, 22781, 24690, 22922, 23516, 24030, 22795, 23952, 25160, 23410, 25165, 25800, 24049, 25024, 25401, 25847, 23163, 28912, 23462, 23826, 26512, 26815, 25885, 25128, 22841, 24780, 26072, 26414, 24207, 24954, 23065, 25119, 26076, 25477, 23026, 23855, 24843, 23134, 23034, 25835, 22915, 22710, 24092, 23547, 22807, 23371, 23279, 23703, 22692, 22783, 25220, 22687, 23549, 22748, 24930, 22916, 22923], "WindowCenter": [9979.0, 9946.0, 9926.0, 9913.0, 9929.0, 9924.0, 9929.0, 9930.0, 9895.0, 9882.0, 9924.0, 9908.0, 9874.0, 9852.0, 9869.0, 9861.0, 9870.0, 9857.0, 9879.0, 9845.0, 9856.0, 9863.0, 9852.0, 9868.0, 9856.0, 9872.0, 9841.0, 9855.0, 9849.0, 9851.0, 9858.0, 9862.0, 9856.0, 9853.0, 9873.0, 9875.0, 9857.0, 9876.0, 9852.0, 9843.0, 9847.0, 9841.0, 9832.0, 9847.0, 9866.0, 9875.0, 9858.0, 9889.0, 9865.0, 9892.0, 9890.0, 9923.0, 9903.0, 9929.0, 9919.0, 9916.0, 9933.0, 9919.0, 9913.0, 9932.0, 9948.0, 9941.0, 9927.0, 9941.0, 9949.0, 9959.0, 9943.0, 9927.0, 9909.0, 9911.0, 9923.0, 9888.0, 9884.0, 9886.0, 9910.0, 9881.0, 9884.0, 9858.0, 9880.0, 9866.0, 9904.0, 9897.0, 9893.0, 9881.0, 9879.0, 9874.0, 9868.0, 9882.0, 9868.0, 9852.0, 9871.0, 9858.0, 9853.0, 9841.0, 9861.0, 9861.0, 9860.0, 9863.0, 9878.0, 9896.0, 9879.0, 9878.0, 9892.0, 9910.0, 9909.0, 9908.0, 9924.0, 9892.0, 9894.0, 9894.0, 9929.0, 9928.0, 9940.0, 9952.0, 9930.0, 9937.0, 9925.0, 9936.0, 9914.0, 9895.0, 9892.0, 9898.0, 9918.0, 9901.0, 9894.0, 9873.0, 9857.0, 9852.0, 9859.0, 9849.0, 9857.0, 9851.0, 9835.0, 9844.0, 9854.0, 9861.0, 9848.0, 9847.0, 9854.0, 9843.0, 9863.0, 9869.0, 9832.0, 9838.0, 9856.0, 9866.0, 9878.0, 9867.0, 9857.0, 9870.0, 9878.0, 9879.0, 9854.0, 9854.0, 9876.0, 9886.0, 9878.0, 9883.0, 9894.0, 9920.0, 9885.0, 9891.0, 9918.0, 9909.0, 9918.0, 9921.0, 9928.0, 9913.0, 9923.0, 9942.0, 9940.0, 9951.0, 9916.0, 9913.0, 9964.0, 9932.0, 9948.0, 9923.0, 9899.0, 9859.0, 9891.0, 9856.0, 9864.0, 9880.0, 9873.0, 9862.0, 9866.0, 9874.0, 9868.0, 9824.0, 9846.0, 9853.0, 9846.0, 9849.0, 9856.0, 9845.0, 9874.0, 9878.0, 9856.0, 9866.0, 9864.0, 9859.0, 9827.0, 9870.0, 9853.0, 9859.0, 9882.0, 9893.0, 9922.0, 9897.0, 9918.0, 9922.0, 9914.0, 9910.0, 9898.0, 9899.0, 9930.0, 9909.0, 9933.0, 9918.0, 9927.0, 9925.0, 9929.0, 9905.0, 9905.0, 9890.0, 9908.0, 9886.0, 9888.0, 9896.0, 9873.0, 9905.0, 9876.0, 9868.0, 9878.0, 9880.0, 9864.0, 9850.0, 9832.0, 9847.0, 9840.0, 9818.0, 9868.0, 9848.0, 9828.0, 9829.0, 9864.0, 9868.0, 9848.0, 9860.0, 9848.0, 9868.0, 9852.0, 9839.0, 9880.0, 9842.0, 9854.0, 9840.0, 9866.0, 9866.0, 9874.0, 9873.0, 9893.0, 9905.0, 9878.0, 9903.0, 9902.0, 9900.0, 9889.0, 9890.0, 9891.0, 9910.0, 9909.0, 9893.0, 9917.0, 9898.0, 9910.0, 9882.0, 9930.0, 9864.0, 9869.0, 9890.0, 9886.0, 9886.0, 9853.0, 9842.0, 9849.0, 9850.0, 9853.0, 9854.0, 9845.0, 9832.0, 9847.0, 9855.0, 9854.0, 9822.0, 9817.0, 9837.0, 9820.0, 9815.0, 9862.0, 9812.0, 9830.0, 9833.0, 9827.0, 9826.0, 9821.0, 9839.0, 9852.0, 9844.0, 9842.0, 9857.0, 9852.0, 9864.0, 9871.0, 9872.0, 9876.0, 9874.0], "WindowWidth": [21134.0, 21061.0, 21018.0, 20994.0, 21020.0, 21008.0, 21015.0, 21015.0, 20948.0, 20924.0, 20999.0, 20962.0, 20894.0, 20856.0, 20886.0, 20868.0, 20882.0, 20859.0, 20896.0, 20836.0, 20857.0, 20874.0, 20853.0, 20878.0, 20856.0, 20881.0, 20822.0, 20852.0, 20841.0, 20845.0, 20858.0, 20869.0, 20857.0, 20853.0, 20890.0, 20891.0, 20855.0, 20892.0, 20847.0, 20830.0, 20835.0, 20824.0, 20809.0, 20835.0, 20875.0, 20897.0, 20870.0, 20926.0, 20884.0, 20938.0, 20937.0, 20998.0, 20970.0, 21019.0, 21004.0, 20995.0, 21028.0, 20998.0, 20988.0, 21027.0, 21065.0, 21053.0, 21029.0, 21052.0, 21063.0, 21076.0, 21048.0, 21014.0, 20976.0, 20977.0, 20996.0, 20929.0, 20920.0, 20924.0, 20966.0, 20916.0, 20916.0, 20867.0, 20915.0, 20892.0, 20963.0, 20953.0, 20942.0, 20914.0, 20906.0, 20895.0, 20880.0, 20907.0, 20885.0, 20854.0, 20888.0, 20868.0, 20855.0, 20831.0, 20864.0, 20870.0, 20867.0, 20872.0, 20900.0, 20936.0, 20909.0, 20910.0, 20938.0, 20973.0, 20973.0, 20976.0, 21005.0, 20949.0, 20955.0, 20954.0, 21019.0, 21017.0, 21043.0, 21065.0, 21026.0, 21040.0, 21021.0, 21037.0, 20992.0, 20954.0, 20947.0, 20953.0, 20985.0, 20950.0, 20934.0, 20894.0, 20859.0, 20850.0, 20860.0, 20838.0, 20850.0, 20844.0, 20813.0, 20829.0, 20845.0, 20854.0, 20836.0, 20835.0, 20847.0, 20829.0, 20865.0, 20875.0, 20809.0, 20820.0, 20855.0, 20875.0, 20900.0, 20878.0, 20861.0, 20884.0, 20898.0, 20898.0, 20856.0, 20859.0, 20900.0, 20921.0, 20911.0, 20926.0, 20948.0, 21002.0, 20935.0, 20946.0, 20996.0, 20978.0, 20999.0, 21007.0, 21027.0, 21000.0, 21018.0, 21048.0, 21039.0, 21057.0, 20996.0, 20993.0, 21131.0, 21036.0, 21052.0, 21000.0, 20948.0, 20866.0, 20921.0, 20855.0, 20870.0, 20900.0, 20892.0, 20869.0, 20879.0, 20891.0, 20878.0, 20795.0, 20836.0, 20847.0, 20838.0, 20845.0, 20858.0, 20841.0, 20893.0, 20902.0, 20863.0, 20878.0, 20872.0, 20863.0, 20804.0, 20882.0, 20854.0, 20865.0, 20912.0, 20937.0, 20997.0, 20956.0, 20998.0, 21006.0, 20990.0, 20984.0, 20961.0, 20960.0, 21014.0, 20980.0, 21028.0, 21005.0, 21015.0, 21015.0, 21021.0, 20973.0, 20970.0, 20942.0, 20970.0, 20929.0, 20932.0, 20942.0, 20896.0, 20954.0, 20898.0, 20880.0, 20896.0, 20897.0, 20867.0, 20842.0, 20809.0, 20837.0, 20823.0, 20780.0, 20866.0, 20833.0, 20796.0, 20800.0, 20866.0, 20876.0, 20839.0, 20857.0, 20838.0, 20877.0, 20849.0, 20822.0, 20898.0, 20829.0, 20849.0, 20825.0, 20876.0, 20879.0, 20898.0, 20900.0, 20939.0, 20964.0, 20920.0, 20966.0, 20964.0, 20956.0, 20939.0, 20938.0, 20939.0, 20977.0, 20980.0, 20950.0, 20998.0, 20961.0, 20977.0, 20923.0, 21012.0, 20888.0, 20893.0, 20929.0, 20918.0, 20915.0, 20855.0, 20827.0, 20840.0, 20840.0, 20846.0, 20847.0, 20833.0, 20807.0, 20834.0, 20849.0, 20845.0, 20785.0, 20775.0, 20808.0, 20778.0, 20771.0, 20857.0, 20765.0, 20793.0, 20801.0, 20795.0, 20797.0, 20790.0, 20820.0, 20845.0, 20831.0, 20827.0, 20856.0, 20845.0, 20870.0, 20888.0, 20895.0, 20905.0, 20904.0]}, "slices": {}}}