{"AcquisitionMatrixPE": 96, "AcquisitionNumber": 1, "AcquisitionTime": "07:33:23.197500", "BandwidthPerPixelPhaseEncode": 33.602, "BaseResolution": 96, "BodyPartExamined": "BRAIN", "ConsistencyInfo": "N4_VD11D_LATEST_20110129", "ConversionSoftware": "dcm2niix", "ConversionSoftwareVersion": "v1.0.20210317", "DerivedVendorReportedEchoSpacing": 0.000620003, "DeviceSerialNumber": "45239", "DwellTime": 2.6e-06, "EchoTime": 0.03, "EchoTrainLength": 48, "EffectiveEchoSpacing": 0.000310001, "FlipAngle": 63, "ImageComments": "Unaliased MB4/PE3", "ImageOrientationPatientDICOM": [0.999854, -0.0130498, 0.0110237, 0.0167223, 0.879553, -0.475506], "ImageType": ["ORIGINAL", "PRIMARY", "M", "ND", "NORM", "MOSAIC"], "ImagingFrequency": 123.193, "InPlanePhaseEncodingDirectionDICOM": "COL", "InstitutionAddress": "E 24th St. 100,Austin,Southmiddle,US,78712", "InstitutionName": "Univ of Texas at Austin", "InstitutionalDepartmentName": "IRC", "MRAcquisitionType": "2D", "MagneticFieldStrength": 3, "Manufacturer": "Siemens", "ManufacturersModelName": "Skyra", "Modality": "MR", "MultibandAccelerationFactor": 4, "ParallelReductionFactorInPlane": 2, "PartialFourier": 1, "PatientPosition": "HFS", "PercentPhaseFOV": 100, "PercentSampling": 100, "PhaseEncodingDirection": "j-", "PhaseEncodingSteps": 96, "PhaseResolution": 1, "PixelBandwidth": 2005, "ProcedureStepDescription": "Poldrack2^self-scanning", "ProtocolName": "Resting State fMRI MBEPI_matrix96_BW2004", "PulseSequenceDetails": "%CustomerSeq%\\cmrr_mbep2d_bold", "ReceiveCoilActiveElements": "HEA;HEP", "ReceiveCoilName": "Head_32", "ReconMatrixPE": 96, "RefLinesPE": 94, "RepetitionTime": 1.16, "SAR": 0.106183, "ScanOptions": "FS", "ScanningSequence": "EP", "SequenceName": "epfid2d1_96", "SequenceVariant": "SK", "SeriesDescription": "Resting State fMRI MBEPI_matrix96_BW2004", "SeriesNumber": 6, "ShimSetting": [-2799, 7992, -15431, 154, -179, -25, 335, -105], "SliceThickness": 2, "SliceTiming": [0, 0.4975, 0.9975, 0.355, 0.855, 0.2125, 0.7125, 0.07, 0.57, 1.0675, 0.4275, 0.925, 0.285, 0.7825, 0.1425, 0.64, 0, 0.4975, 0.9975, 0.355, 0.855, 0.2125, 0.7125, 0.07, 0.57, 1.0675, 0.4275, 0.925, 0.285, 0.7825, 0.1425, 0.64, 0, 0.4975, 0.9975, 0.355, 0.855, 0.2125, 0.7125, 0.07, 0.57, 1.0675, 0.4275, 0.925, 0.285, 0.7825, 0.1425, 0.64, 0, 0.4975, 0.9975, 0.355, 0.855, 0.2125, 0.7125, 0.07, 0.57, 1.0675, 0.4275, 0.925, 0.285, 0.7825, 0.1425, 0.64], "SoftwareVersions": "syngo MR D11", "SpacingBetweenSlices": 2.4, "StationName": "AWP45239", "TaskName": "Resting fmri", "TotalReadoutTime": 0.0294501, "TxRefAmp": 348.313, "WipMemBlock": "7549a738-b989-4f04-a0b0-a9c1a916e99d||Sequence: VD11D r206; Feb 13 2013 18:52:04 by eja", "dcmmeta_affine": [[-2.3954837322235107, 0.04006374999880791, 0.008377628400921822, 117.37720489501953], [0.03126510605216026, 2.1072630882263184, -1.141491174697876, -77.0395278930664], [0.02641095221042633, 1.139233946800232, 2.1111438274383545, -76.58582305908203], [0.0, 0.0, 0.0, 1.0]], "dcmmeta_reorient_transform": [[0.0, -1.0, 0.0, 95.0], [1.0, 0.0, 0.0, 0.0], [0.0, 0.0, 1.0, 0.0], [0.0, 0.0, 0.0, 1.0]], "dcmmeta_shape": [96, 96, 64, 518], "dcmmeta_slice_dim": 2, "dcmmeta_version": 0.6, "global": {"const": {"AcquisitionMatrix": [96, 0, 0, 96], "AngioFlag": "N", "BitsAllocated": 16, "BitsStored": 16, "BodyPartExamined": "BRAIN", "Columns": 768, "EchoNumbers": 1, "EchoTime": 30.0, "EchoTrainLength": 48, "FlipAngle": 63.0, "HighBit": 15, "ImageOrientationPatient": [0.99985407992243, -0.0130497837537, 0.0110237020304, 0.01672226136282, 0.87955333238699, -0.4755063632191], "ImagePositionPatient": [-939.52718812744, -820.68580177564, 405.54993095405], "ImageType": ["ORIGINAL", "PRIMARY", "M", "ND", "NORM", "MOSAIC"], "ImagedNucleus": "1H", "ImagingFrequency": 123.193312, "InPlanePhaseEncodingDirection": "COL", "MRAcquisitionType": "2D", "MagneticFieldStrength": 3.0, "Manufacturer": "SIEMENS", "ManufacturerModelName": "Skyra", "Modality": "MR", "NumberOfAverages": 1.0, "NumberOfPhaseEncodingSteps": 96, "PercentPhaseFieldOfView": 100.0, "PercentSampling": 100.0, "PerformedProcedureStepStartTime": "072438.593000", "PhotometricInterpretation": "MONOCHROME2", "PixelBandwidth": 2005.0, "PixelRepresentation": 0, "PixelSpacing": [2.3958332538605, 2.3958332538605], "ProtocolName": "Resting State fMRI MBEPI_matrix96_BW2004", "RepetitionTime": 1160.0, "Rows": 768, "SAR": 0.1061828792824, "SamplesPerPixel": 1, "ScanOptions": "FS", "ScanningSequence": "EP", "SequenceName": "epfid2d1_96", "SequenceVariant": "SK", "SeriesDescription": "Resting State fMRI MBEPI_matrix96_BW2004", "SeriesNumber": 6, "SeriesTime": "073402.500000", "SliceLocation": -30.316832646643, "SliceThickness": 2.0, "SmallestImagePixelValue": 0, "SoftwareVersions": "syngo MR D11", "SpacingBetweenSlices": 2.4000000189167, "SpecificCharacterSet": "ISO_IR 100", "StudyID": "1", "StudyTime": "072438.531000", "TransmitCoilName": "Body", "VariableFlipAngleFlag": "N", "WindowCenterWidthExplanation": "Algo1", "dBdt": 0.0}, "slices": {}}, "time": {"samples": {"AcquisitionNumber": [1, 2, 3, 4, 5, 6, 7, 8, 9, 10, 11, 12, 13, 14, 15, 16, 17, 18, 19, 20, 21, 22, 23, 24, 25, 26, 27, 28, 29, 30, 31, 32, 33, 34, 35, 36, 37, 38, 39, 40, 41, 42, 43, 44, 45, 46, 47, 48, 49, 50, 51, 52, 53, 54, 55, 56, 57, 58, 59, 60, 61, 62, 63, 64, 65, 66, 67, 68, 69, 70, 71, 72, 73, 74, 75, 76, 77, 78, 79, 80, 81, 82, 83, 84, 85, 86, 87, 88, 89, 90, 91, 92, 93, 94, 95, 96, 97, 98, 99, 100, 101, 102, 103, 104, 105, 106, 107, 108, 109, 110, 111, 112, 113, 114, 115, 116, 117, 118, 119, 120, 121, 122, 123, 124, 125, 126, 127, 128, 129, 130, 131, 132, 133, 134, 135, 136, 137, 138, 139, 140, 141, 142, 143, 144, 145, 146, 147, 148, 149, 150, 151, 152, 153, 154, 155, 156, 157, 158, 159, 160, 161, 162, 163, 164, 165, 166, 167, 168, 169, 170, 171, 172, 173, 174, 175, 176, 177, 178, 179, 180, 181, 182, 183, 184, 185, 186, 187, 188, 189, 190, 191, 192, 193, 194, 195, 196, 197, 198, 199, 200, 201, 202, 203, 204, 205, 206, 207, 208, 209, 210, 211, 212, 213, 214, 215, 216, 217, 218, 219, 220, 221, 222, 223, 224, 225, 226, 227, 228, 229, 230, 231, 232, 233, 234, 235, 236, 237, 238, 239, 240, 241, 242, 243, 244, 245, 246, 247, 248, 249, 250, 251, 252, 253, 254, 255, 256, 257, 258, 259, 260, 261, 262, 263, 264, 265, 266, 267, 268, 269, 270, 271, 272, 273, 274, 275, 276, 277, 278, 279, 280, 281, 282, 283, 284, 285, 286, 287, 288, 289, 290, 291, 292, 293, 294, 295, 296, 297, 298, 299, 300, 301, 302, 303, 304, 305, 306, 307, 308, 309, 310, 311, 312, 313, 314, 315, 316, 317, 318, 319, 320, 321, 322, 323, 324, 325, 326, 327, 328, 329, 330, 331, 332, 333, 334, 335, 336, 337, 338, 339, 340, 341, 342, 343, 344, 345, 346, 347, 348, 349, 350, 351, 352, 353, 354, 355, 356, 357, 358, 359, 360, 361, 362, 363, 364, 365, 366, 367, 368, 369, 370, 371, 372, 373, 374, 375, 376, 377, 378, 379, 380, 381, 382, 383, 384, 385, 386, 387, 388, 389, 390, 391, 392, 393, 394, 395, 396, 397, 398, 399, 400, 401, 402, 403, 404, 405, 406, 407, 408, 409, 410, 411, 412, 413, 414, 415, 416, 417, 418, 419, 420, 421, 422, 423, 424, 425, 426, 427, 428, 429, 430, 431, 432, 433, 434, 435, 436, 437, 438, 439, 440, 441, 442, 443, 444, 445, 446, 447, 448, 449, 450, 451, 452, 453, 454, 455, 456, 457, 458, 459, 460, 461, 462, 463, 464, 465, 466, 467, 468, 469, 470, 471, 472, 473, 474, 475, 476, 477, 478, 479, 480, 481, 482, 483, 484, 485, 486, 487, 488, 489, 490, 491, 492, 493, 494, 495, 496, 497, 498, 499, 500, 501, 502, 503, 504, 505, 506, 507, 508, 509, 510, 511, 512, 513, 514, 515, 516, 517, 518], "AcquisitionTime": ["073323.197500", "073352.197500", "073353.357500", "073354.517500", "073355.677500", "073356.837500", "073357.997500", "073359.157500", "073400.317500", "073401.477500", "073402.637500", "073403.797500", "073404.957500", "073406.117500", "073407.277500", "073408.437500", "073409.597500", "073410.757500", "073411.917500", "073413.077500", "073414.237500", "073415.397500", "073416.557500", "073417.717500", "073418.877500", "073420.037500", "073421.197500", "073422.357500", "073423.517500", "073424.677500", "073425.837500", "073426.997500", "073428.157500", "073429.317500", "073430.477500", "073431.637500", "073432.797500", "073433.957500", "073435.117500", "073436.277500", "073437.437500", "073438.597500", "073439.757500", "073440.917500", "073442.077500", "073443.237500", "073444.397500", "073445.557500", "073446.717500", "073447.877500", "073449.037500", "073450.197500", "073451.357500", "073452.517500", "073453.677500", "073454.837500", "073455.997500", "073457.157500", "073458.317500", "073459.477500", "073500.637500", "073501.797500", "073502.957500", "073504.117500", "073505.277500", "073506.437500", "073507.597500", "073508.757500", "073509.917500", "073511.077500", "073512.237500", "073513.397500", "073514.557500", "073515.717500", "073516.877500", "073518.037500", "073519.197500", "073520.357500", "073521.517500", "073522.677500", "073523.837500", "073524.997500", "073526.157500", "073527.317500", "073528.477500", "073529.637500", "073530.797500", "073531.957500", "073533.117500", "073534.277500", "073535.437500", "073536.597500", "073537.757500", "073538.917500", "073540.077500", "073541.237500", "073542.397500", "073543.557500", "073544.717500", "073545.877500", "073547.037500", "073548.197500", "073549.357500", "073550.517500", "073551.677500", "073552.837500", "073553.997500", "073555.157500", "073556.317500", "073557.477500", "073558.637500", "073559.797500", "073600.957500", "073602.117500", "073603.277500", "073604.437500", "073605.597500", "073606.757500", "073607.917500", "073609.077500", "073610.237500", "073611.397500", "073612.557500", "073613.717500", "073614.877500", "073616.037500", "073617.197500", "073618.357500", "073619.517500", "073620.677500", "073621.837500", "073622.997500", "073624.157500", "073625.317500", "073626.477500", "073627.637500", "073628.797500", "073629.957500", "073631.117500", "073632.277500", "073633.437500", "073634.597500", "073635.757500", "073636.917500", "073638.077500", "073639.237500", "073640.397500", "073641.557500", "073642.717500", "073643.877500", "073645.037500", "073646.197500", "073647.357500", "073648.517500", "073649.677500", "073650.837500", "073651.997500", "073653.157500", "073654.317500", "073655.477500", "073656.637500", "073657.797500", "073658.957500", "073700.117500", "073701.277500", "073702.437500", "073703.597500", "073704.757500", "073705.920000", "073707.080000", "073708.240000", "073709.400000", "073710.560000", "073711.720000", "073712.880000", "073714.040000", "073715.200000", "073716.360000", "073717.520000", "073718.680000", "073719.840000", "073721.000000", "073722.160000", "073723.320000", "073724.480000", "073725.640000", "073726.800000", "073727.960000", "073729.120000", "073730.280000", "073731.440000", "073732.600000", "073733.760000", "073734.920000", "073736.080000", "073737.240000", "073738.400000", "073739.560000", "073740.720000", "073741.880000", "073743.040000", "073744.200000", "073745.360000", "073746.520000", "073747.680000", "073748.840000", "073750.000000", "073751.160000", "073752.320000", "073753.480000", "073754.640000", "073755.800000", "073756.960000", "073758.120000", "073759.280000", "073800.440000", "073801.600000", "073802.760000", "073803.920000", "073805.080000", "073806.240000", "073807.400000", "073808.560000", "073809.720000", "073810.880000", "073812.040000", "073813.200000", "073814.360000", "073815.520000", "073816.680000", "073817.840000", "073819.000000", "073820.160000", "073821.320000", "073822.480000", "073823.640000", "073824.800000", "073825.960000", "073827.120000", "073828.280000", "073829.440000", "073830.600000", "073831.760000", "073832.920000", "073834.080000", "073835.240000", "073836.400000", "073837.560000", "073838.720000", "073839.880000", "073841.040000", "073842.200000", "073843.360000", "073844.520000", "073845.680000", "073846.840000", "073848.000000", "073849.160000", "073850.320000", "073851.480000", "073852.640000", "073853.800000", "073854.960000", "073856.120000", "073857.280000", "073858.440000", "073859.600000", "073900.760000", "073901.920000", "073903.080000", "073904.240000", "073905.400000", "073906.560000", "073907.720000", "073908.880000", "073910.040000", "073911.200000", "073912.360000", "073913.520000", "073914.680000", "073915.840000", "073917.000000", "073918.160000", "073919.320000", "073920.480000", "073921.640000", "073922.800000", "073923.960000", "073925.120000", "073926.280000", "073927.440000", "073928.600000", "073929.760000", "073930.920000", "073932.080000", "073933.240000", "073934.400000", "073935.560000", "073936.720000", "073937.880000", "073939.040000", "073940.200000", "073941.360000", "073942.520000", "073943.680000", "073944.840000", "073946.000000", "073947.160000", "073948.320000", "073949.480000", "073950.640000", "073951.800000", "073952.960000", "073954.120000", "073955.280000", "073956.440000", "073957.600000", "073958.760000", "073959.920000", "074001.080000", "074002.240000", "074003.400000", "074004.560000", "074005.720000", "074006.880000", "074008.040000", "074009.200000", "074010.360000", "074011.520000", "074012.680000", "074013.840000", "074015.000000", "074016.160000", "074017.320000", "074018.480000", "074019.640000", "074020.800000", "074021.960000", "074023.120000", "074024.280000", "074025.440000", "074026.600000", "074027.760000", "074028.920000", "074030.080000", "074031.240000", "074032.400000", "074033.560000", "074034.720000", "074035.880000", "074037.040000", "074038.200000", "074039.360000", "074040.520000", "074041.680000", "074042.840000", "074044.000000", "074045.160000", "074046.320000", "074047.480000", "074048.640000", "074049.800000", "074050.960000", "074052.120000", "074053.280000", "074054.440000", "074055.600000", "074056.760000", "074057.920000", "074059.080000", "074100.240000", "074101.400000", "074102.560000", "074103.720000", "074104.880000", "074106.040000", "074107.200000", "074108.360000", "074109.520000", "074110.680000", "074111.840000", "074113.000000", "074114.160000", "074115.320000", "074116.480000", "074117.640000", "074118.800000", "074119.960000", "074121.120000", "074122.280000", "074123.440000", "074124.600000", "074125.760000", "074126.920000", "074128.080000", "074129.240000", "074130.400000", "074131.560000", "074132.720000", "074133.880000", "074135.040000", "074136.200000", "074137.360000", "074138.520000", "074139.680000", "074140.840000", "074142.000000", "074143.160000", "074144.320000", "074145.480000", "074146.640000", "074147.800000", "074148.960000", "074150.120000", "074151.280000", "074152.440000", "074153.600000", "074154.760000", "074155.922500", "074157.082500", "074158.242500", "074159.402500", "074200.562500", "074201.722500", "074202.882500", "074204.042500", "074205.202500", "074206.362500", "074207.522500", "074208.682500", "074209.842500", "074211.002500", "074212.162500", "074213.322500", "074214.482500", "074215.642500", "074216.802500", "074217.962500", "074219.122500", "074220.282500", "074221.442500", "074222.602500", "074223.762500", "074224.922500", "074226.082500", "074227.242500", "074228.402500", "074229.562500", "074230.722500", "074231.882500", "074233.042500", "074234.202500", "074235.362500", "074236.522500", "074237.682500", "074238.842500", "074240.002500", "074241.162500", "074242.322500", "074243.482500", "074244.642500", "074245.802500", "074246.962500", "074248.122500", "074249.282500", "074250.442500", "074251.602500", "074252.762500", "074253.922500", "074255.082500", "074256.242500", "074257.402500", "074258.562500", "074259.722500", "074300.882500", "074302.042500", "074303.202500", "074304.362500", "074305.522500", "074306.682500", "074307.842500", "074309.002500", "074310.162500", "074311.322500", "074312.482500", "074313.642500", "074314.802500", "074315.962500", "074317.122500", "074318.282500", "074319.442500", "074320.602500", "074321.762500", "074322.922500", "074324.082500", "074325.242500", "074326.402500", "074327.562500", "074328.722500", "074329.882500", "074331.042500", "074332.202500", "074333.362500", "074334.522500", "074335.682500", "074336.842500", "074338.002500", "074339.162500", "074340.322500", "074341.482500", "074342.642500", "074343.802500", "074344.962500", "074346.122500", "074347.282500", "074348.442500", "074349.602500", "074350.762500"], "ContentTime": ["073402.500000", "073410.343000", "073410.343000", "073410.343000", "073410.359000", "073410.359000", "073410.359000", "073410.359000", "073415.343000", "073415.343000", "073415.343000", "073415.359000", "073420.343000", "073420.343000", "073420.343000", "073425.343000", "073425.343000", "073425.343000", "073425.343000", "073430.343000", "073430.343000", "073430.343000", "073430.359000", "073435.343000", "073435.343000", "073435.343000", "073435.343000", "073440.343000", "073440.343000", "073440.343000", "073445.343000", "073445.343000", "073445.343000", "073445.343000", "073450.343000", "073450.359000", "073450.359000", "073450.359000", "073455.343000", "073455.359000", "073455.359000", "073500.343000", "073500.343000", "073500.343000", "073500.343000", "073505.343000", "073505.343000", "073505.343000", "073510.343000", "073510.343000", "073510.343000", "073510.343000", "073515.343000", "073515.343000", "073515.343000", "073515.343000", "073520.343000", "073520.343000", "073520.343000", "073520.343000", "073525.343000", "073525.343000", "073525.343000", "073530.343000", "073530.343000", "073530.343000", "073530.343000", "073535.343000", "073535.343000", "073535.343000", "073535.343000", "073540.343000", "073540.343000", "073540.343000", "073540.343000", "073545.343000", "073545.343000", "073545.343000", "073545.343000", "073550.343000", "073550.343000", "073550.343000", "073550.343000", "073555.343000", "073555.343000", "073555.343000", "073555.343000", "073600.343000", "073600.343000", "073600.343000", "073605.343000", "073605.343000", "073605.343000", "073605.343000", "073610.343000", "073610.343000", "073610.343000", "073610.359000", "073615.343000", "073615.343000", "073615.343000", "073615.343000", "073620.343000", "073620.343000", "073620.343000", "073620.359000", "073625.343000", "073625.343000", "073625.343000", "073630.343000", "073630.343000", "073630.343000", "073630.343000", "073630.343000", "073635.343000", "073635.343000", "073635.343000", "073640.343000", "073640.343000", "073640.359000", "073640.359000", "073640.359000", "073645.343000", "073645.343000", "073645.343000", "073650.343000", "073650.343000", "073650.343000", "073650.359000", "073655.343000", "073655.343000", "073655.343000", "073655.359000", "073700.343000", "073700.343000", "073700.343000", "073705.343000", "073705.343000", "073705.343000", "073705.343000", "073710.343000", "073710.343000", "073710.343000", "073715.343000", "073715.343000", "073715.343000", "073715.343000", "073720.343000", "073720.343000", "073720.359000", "073720.359000", "073725.343000", "073725.343000", "073725.343000", "073725.343000", "073730.343000", "073730.343000", "073730.343000", "073735.343000", "073735.343000", "073735.343000", "073735.343000", "073735.343000", "073740.343000", "073740.343000", "073740.343000", "073745.343000", "073745.343000", "073745.343000", "073745.343000", "073750.343000", "073750.343000", "073750.343000", "073750.343000", "073755.343000", "073755.343000", "073755.343000", "073755.343000", "073800.343000", "073800.343000", "073800.343000", "073800.343000", "073805.343000", "073805.343000", "073805.343000", "073810.343000", "073810.343000", "073810.343000", "073810.343000", "073815.343000", "073815.343000", "073815.343000", "073815.343000", "073820.343000", "073820.343000", "073820.343000", "073820.343000", "073825.343000", "073825.343000", "073825.343000", "073830.343000", "073830.343000", "073830.343000", "073830.343000", "073835.343000", "073835.343000", "073835.343000", "073835.343000", "073840.343000", "073840.343000", "073840.343000", "073840.343000", "073845.343000", "073845.343000", "073845.343000", "073845.359000", "073850.343000", "073850.343000", "073850.343000", "073850.343000", "073855.343000", "073855.343000", "073855.343000", "073900.343000", "073900.343000", "073900.343000", "073900.343000", "073905.343000", "073905.343000", "073905.343000", "073905.343000", "073910.343000", "073910.343000", "073910.359000", "073910.359000", "073915.343000", "073915.343000", "073915.343000", "073915.343000", "073920.343000", "073920.343000", "073920.343000", "073920.343000", "073925.343000", "073925.343000", "073925.343000", "073925.343000", "073930.343000", "073930.343000", "073930.343000", "073935.343000", "073935.343000", "073935.343000", "073935.359000", "073940.343000", "073940.343000", "073940.343000", "073940.343000", "073945.343000", "073945.343000", "073945.343000", "073945.359000", "073950.343000", "073950.343000", "073950.343000", "073950.343000", "073955.343000", "073955.343000", "073955.343000", "073955.343000", "074000.343000", "074000.343000", "074000.343000", "074005.343000", "074005.343000", "074005.343000", "074005.343000", "074010.343000", "074010.343000", "074010.343000", "074015.343000", "074015.343000", "074015.343000", "074015.343000", "074015.359000", "074020.343000", "074020.343000", "074020.343000", "074025.343000", "074025.343000", "074025.343000", "074030.343000", "074030.359000", "074030.359000", "074030.359000", "074035.343000", "074035.343000", "074035.343000", "074035.343000", "074040.343000", "074040.343000", "074040.343000", "074045.343000", "074045.343000", "074045.343000", "074045.343000", "074050.343000", "074050.343000", "074050.343000", "074050.359000", "074055.343000", "074055.343000", "074055.343000", "074055.343000", "074100.343000", "074100.343000", "074100.343000", "074105.343000", "074105.343000", "074105.343000", "074105.343000", "074110.343000", "074110.343000", "074110.343000", "074110.343000", "074115.343000", "074115.343000", "074115.343000", "074115.343000", "074120.343000", "074120.343000", "074120.343000", "074125.343000", "074125.343000", "074125.343000", "074125.343000", "074125.359000", "074130.343000", "074130.343000", "074130.343000", "074135.343000", "074135.343000", "074135.343000", "074135.343000", "074140.343000", "074140.343000", "074140.343000", "074140.343000", "074145.343000", "074145.343000", "074145.343000", "074145.343000", "074150.343000", "074150.343000", "074150.343000", "074155.343000", "074155.343000", "074155.343000", "074155.359000", "074200.343000", "074200.343000", "074200.343000", "074205.343000", "074205.343000", "074205.343000", "074205.343000", "074210.343000", "074210.343000", "074210.343000", "074210.343000", "074215.343000", "074215.343000", "074215.343000", "074215.343000", "074220.343000", "074220.343000", "074220.343000", "074220.359000", "074225.343000", "074225.343000", "074225.343000", "074230.343000", "074230.343000", "074230.359000", "074235.343000", "074235.343000", "074235.343000", "074235.343000", "074240.343000", "074240.343000", "074240.343000", "074240.343000", "074245.343000", "074245.343000", "074245.343000", "074245.343000", "074250.343000", "074250.343000", "074250.343000", "074250.343000", "074255.343000", "074255.343000", "074255.343000", "074255.343000", "074300.343000", "074300.343000", "074300.343000", "074300.343000", "074305.343000", "074305.343000", "074305.343000", "074310.343000", "074310.343000", "074310.359000", "074310.359000", "074315.343000", "074315.343000", "074315.343000", "074315.343000", "074320.343000", "074320.343000", "074320.343000", "074320.343000", "074325.343000", "074325.343000", "074325.343000", "074330.343000", "074330.375000", "074330.375000", "074330.375000", "074335.343000", "074335.359000", "074335.359000", "074335.359000", "074340.343000", "074340.343000", "074340.343000", "074345.343000", "074345.343000", "074345.343000", "074345.343000", "074350.343000", "074350.343000", "074350.343000", "074350.343000", "074355.343000", "074355.343000", "074355.343000", "074355.343000", "074400.343000", "074400.343000", "074400.343000", "074400.343000", "074405.343000", "074405.343000", "074405.343000", "074405.343000", "074410.343000", "074410.343000", "074410.343000", "074410.343000", "074415.343000", "074415.343000", "074415.343000", "074415.343000", "074420.343000", "074420.343000", "074420.343000", "074420.343000", "074425.343000", "074425.343000", "074425.359000", "074430.343000", "074430.343000", "074430.343000", "074430.343000", "074435.343000", "074435.343000", "074435.343000", "074435.343000", "074440.343000", "074440.343000", "074440.343000", "074440.343000", "074445.343000", "074445.343000", "074445.343000", "074450.343000", "074450.343000", "074450.343000", "074450.359000", "074455.343000", "074455.343000", "074455.343000", "074455.343000", "074500.343000", "074500.343000", "074500.343000", "074500.343000", "074505.343000", "074505.343000", "074505.343000", "074510.343000", "074510.343000", "074510.343000", "074510.343000", "074515.343000", "074515.343000", "074515.343000", "074515.359000", "074520.343000", "074520.343000", "074520.343000", "074520.343000", "074524.703000", "074524.703000", "074524.703000", "074524.703000"], "InstanceCreationTime": ["073402.500000", "073410.343000", "073410.343000", "073410.343000", "073410.359000", "073410.359000", "073410.359000", "073410.359000", "073415.343000", "073415.343000", "073415.343000", "073415.359000", "073420.343000", "073420.343000", "073420.343000", "073425.343000", "073425.343000", "073425.343000", "073425.343000", "073430.343000", "073430.343000", "073430.343000", "073430.359000", "073435.343000", "073435.343000", "073435.343000", "073435.343000", "073440.343000", "073440.343000", "073440.343000", "073445.343000", "073445.343000", "073445.343000", "073445.343000", "073450.343000", "073450.359000", "073450.359000", "073450.359000", "073455.343000", "073455.359000", "073455.359000", "073500.343000", "073500.343000", "073500.343000", "073500.343000", "073505.343000", "073505.343000", "073505.343000", "073510.343000", "073510.343000", "073510.343000", "073510.343000", "073515.343000", "073515.343000", "073515.343000", "073515.343000", "073520.343000", "073520.343000", "073520.343000", "073520.343000", "073525.343000", "073525.343000", "073525.343000", "073530.343000", "073530.343000", "073530.343000", "073530.343000", "073535.343000", "073535.343000", "073535.343000", "073535.343000", "073540.343000", "073540.343000", "073540.343000", "073540.343000", "073545.343000", "073545.343000", "073545.343000", "073545.343000", "073550.343000", "073550.343000", "073550.343000", "073550.343000", "073555.343000", "073555.343000", "073555.343000", "073555.343000", "073600.343000", "073600.343000", "073600.343000", "073605.343000", "073605.343000", "073605.343000", "073605.343000", "073610.343000", "073610.343000", "073610.343000", "073610.359000", "073615.343000", "073615.343000", "073615.343000", "073615.343000", "073620.343000", "073620.343000", "073620.343000", "073620.359000", "073625.343000", "073625.343000", "073625.343000", "073630.343000", "073630.343000", "073630.343000", "073630.343000", "073630.343000", "073635.343000", "073635.343000", "073635.343000", "073640.343000", "073640.343000", "073640.359000", "073640.359000", "073640.359000", "073645.343000", "073645.343000", "073645.343000", "073650.343000", "073650.343000", "073650.343000", "073650.359000", "073655.343000", "073655.343000", "073655.343000", "073655.359000", "073700.343000", "073700.343000", "073700.343000", "073705.343000", "073705.343000", "073705.343000", "073705.343000", "073710.343000", "073710.343000", "073710.343000", "073715.343000", "073715.343000", "073715.343000", "073715.343000", "073720.343000", "073720.343000", "073720.359000", "073720.359000", "073725.343000", "073725.343000", "073725.343000", "073725.343000", "073730.343000", "073730.343000", "073730.343000", "073735.343000", "073735.343000", "073735.343000", "073735.343000", "073735.343000", "073740.343000", "073740.343000", "073740.343000", "073745.343000", "073745.343000", "073745.343000", "073745.343000", "073750.343000", "073750.343000", "073750.343000", "073750.343000", "073755.343000", "073755.343000", "073755.343000", "073755.343000", "073800.343000", "073800.343000", "073800.343000", "073800.343000", "073805.343000", "073805.343000", "073805.343000", "073810.343000", "073810.343000", "073810.343000", "073810.343000", "073815.343000", "073815.343000", "073815.343000", "073815.343000", "073820.343000", "073820.343000", "073820.343000", "073820.343000", "073825.343000", "073825.343000", "073825.343000", "073830.343000", "073830.343000", "073830.343000", "073830.343000", "073835.343000", "073835.343000", "073835.343000", "073835.343000", "073840.343000", "073840.343000", "073840.343000", "073840.343000", "073845.343000", "073845.343000", "073845.343000", "073845.359000", "073850.343000", "073850.343000", "073850.343000", "073850.343000", "073855.343000", "073855.343000", "073855.343000", "073900.343000", "073900.343000", "073900.343000", "073900.343000", "073905.343000", "073905.343000", "073905.343000", "073905.343000", "073910.343000", "073910.343000", "073910.359000", "073910.359000", "073915.343000", "073915.343000", "073915.343000", "073915.343000", "073920.343000", "073920.343000", "073920.343000", "073920.343000", "073925.343000", "073925.343000", "073925.343000", "073925.343000", "073930.343000", "073930.343000", "073930.343000", "073935.343000", "073935.343000", "073935.343000", "073935.359000", "073940.343000", "073940.343000", "073940.343000", "073940.343000", "073945.343000", "073945.343000", "073945.343000", "073945.359000", "073950.343000", "073950.343000", "073950.343000", "073950.343000", "073955.343000", "073955.343000", "073955.343000", "073955.343000", "074000.343000", "074000.343000", "074000.343000", "074005.343000", "074005.343000", "074005.343000", "074005.343000", "074010.343000", "074010.343000", "074010.343000", "074015.343000", "074015.343000", "074015.343000", "074015.343000", "074015.359000", "074020.343000", "074020.343000", "074020.343000", "074025.343000", "074025.343000", "074025.343000", "074030.343000", "074030.359000", "074030.359000", "074030.359000", "074035.343000", "074035.343000", "074035.343000", "074035.343000", "074040.343000", "074040.343000", "074040.343000", "074045.343000", "074045.343000", "074045.343000", "074045.343000", "074050.343000", "074050.343000", "074050.343000", "074050.359000", "074055.343000", "074055.343000", "074055.343000", "074055.343000", "074100.343000", "074100.343000", "074100.343000", "074105.343000", "074105.343000", "074105.343000", "074105.343000", "074110.343000", "074110.343000", "074110.343000", "074110.343000", "074115.343000", "074115.343000", "074115.343000", "074115.343000", "074120.343000", "074120.343000", "074120.343000", "074125.343000", "074125.343000", "074125.343000", "074125.343000", "074125.359000", "074130.343000", "074130.343000", "074130.343000", "074135.343000", "074135.343000", "074135.343000", "074135.343000", "074140.343000", "074140.343000", "074140.343000", "074140.343000", "074145.343000", "074145.343000", "074145.343000", "074145.343000", "074150.343000", "074150.343000", "074150.343000", "074155.343000", "074155.343000", "074155.343000", "074155.359000", "074200.343000", "074200.343000", "074200.343000", "074205.343000", "074205.343000", "074205.343000", "074205.343000", "074210.343000", "074210.343000", "074210.343000", "074210.343000", "074215.343000", "074215.343000", "074215.343000", "074215.343000", "074220.343000", "074220.343000", "074220.343000", "074220.359000", "074225.343000", "074225.343000", "074225.343000", "074230.343000", "074230.343000", "074230.359000", "074235.343000", "074235.343000", "074235.343000", "074235.343000", "074240.343000", "074240.343000", "074240.343000", "074240.343000", "074245.343000", "074245.343000", "074245.343000", "074245.343000", "074250.343000", "074250.343000", "074250.343000", "074250.343000", "074255.343000", "074255.343000", "074255.343000", "074255.343000", "074300.343000", "074300.343000", "074300.343000", "074300.343000", "074305.343000", "074305.343000", "074305.343000", "074310.343000", "074310.343000", "074310.359000", "074310.359000", "074315.343000", "074315.343000", "074315.343000", "074315.343000", "074320.343000", "074320.343000", "074320.343000", "074320.343000", "074325.343000", "074325.343000", "074325.343000", "074330.343000", "074330.375000", "074330.375000", "074330.375000", "074335.343000", "074335.359000", "074335.359000", "074335.359000", "074340.343000", "074340.343000", "074340.343000", "074345.343000", "074345.343000", "074345.343000", "074345.343000", "074350.343000", "074350.343000", "074350.343000", "074350.343000", "074355.343000", "074355.343000", "074355.343000", "074355.343000", "074400.343000", "074400.343000", "074400.343000", "074400.343000", "074405.343000", "074405.343000", "074405.343000", "074405.343000", "074410.343000", "074410.343000", "074410.343000", "074410.343000", "074415.343000", "074415.343000", "074415.343000", "074415.343000", "074420.343000", "074420.343000", "074420.343000", "074420.343000", "074425.343000", "074425.343000", "074425.359000", "074430.343000", "074430.343000", "074430.343000", "074430.343000", "074435.343000", "074435.343000", "074435.343000", "074435.343000", "074440.343000", "074440.343000", "074440.343000", "074440.343000", "074445.343000", "074445.343000", "074445.343000", "074450.343000", "074450.343000", "074450.343000", "074450.359000", "074455.343000", "074455.343000", "074455.343000", "074455.343000", "074500.343000", "074500.343000", "074500.343000", "074500.343000", "074505.343000", "074505.343000", "074505.343000", "074510.343000", "074510.343000", "074510.343000", "074510.343000", "074515.343000", "074515.343000", "074515.343000", "074515.359000", "074520.343000", "074520.343000", "074520.343000", "074520.343000", "074524.703000", "074524.703000", "074524.703000", "074524.703000"], "InstanceNumber": [1, 2, 3, 4, 5, 6, 7, 8, 9, 10, 11, 12, 13, 14, 15, 16, 17, 18, 19, 20, 21, 22, 23, 24, 25, 26, 27, 28, 29, 30, 31, 32, 33, 34, 35, 36, 37, 38, 39, 40, 41, 42, 43, 44, 45, 46, 47, 48, 49, 50, 51, 52, 53, 54, 55, 56, 57, 58, 59, 60, 61, 62, 63, 64, 65, 66, 67, 68, 69, 70, 71, 72, 73, 74, 75, 76, 77, 78, 79, 80, 81, 82, 83, 84, 85, 86, 87, 88, 89, 90, 91, 92, 93, 94, 95, 96, 97, 98, 99, 100, 101, 102, 103, 104, 105, 106, 107, 108, 109, 110, 111, 112, 113, 114, 115, 116, 117, 118, 119, 120, 121, 122, 123, 124, 125, 126, 127, 128, 129, 130, 131, 132, 133, 134, 135, 136, 137, 138, 139, 140, 141, 142, 143, 144, 145, 146, 147, 148, 149, 150, 151, 152, 153, 154, 155, 156, 157, 158, 159, 160, 161, 162, 163, 164, 165, 166, 167, 168, 169, 170, 171, 172, 173, 174, 175, 176, 177, 178, 179, 180, 181, 182, 183, 184, 185, 186, 187, 188, 189, 190, 191, 192, 193, 194, 195, 196, 197, 198, 199, 200, 201, 202, 203, 204, 205, 206, 207, 208, 209, 210, 211, 212, 213, 214, 215, 216, 217, 218, 219, 220, 221, 222, 223, 224, 225, 226, 227, 228, 229, 230, 231, 232, 233, 234, 235, 236, 237, 238, 239, 240, 241, 242, 243, 244, 245, 246, 247, 248, 249, 250, 251, 252, 253, 254, 255, 256, 257, 258, 259, 260, 261, 262, 263, 264, 265, 266, 267, 268, 269, 270, 271, 272, 273, 274, 275, 276, 277, 278, 279, 280, 281, 282, 283, 284, 285, 286, 287, 288, 289, 290, 291, 292, 293, 294, 295, 296, 297, 298, 299, 300, 301, 302, 303, 304, 305, 306, 307, 308, 309, 310, 311, 312, 313, 314, 315, 316, 317, 318, 319, 320, 321, 322, 323, 324, 325, 326, 327, 328, 329, 330, 331, 332, 333, 334, 335, 336, 337, 338, 339, 340, 341, 342, 343, 344, 345, 346, 347, 348, 349, 350, 351, 352, 353, 354, 355, 356, 357, 358, 359, 360, 361, 362, 363, 364, 365, 366, 367, 368, 369, 370, 371, 372, 373, 374, 375, 376, 377, 378, 379, 380, 381, 382, 383, 384, 385, 386, 387, 388, 389, 390, 391, 392, 393, 394, 395, 396, 397, 398, 399, 400, 401, 402, 403, 404, 405, 406, 407, 408, 409, 410, 411, 412, 413, 414, 415, 416, 417, 418, 419, 420, 421, 422, 423, 424, 425, 426, 427, 428, 429, 430, 431, 432, 433, 434, 435, 436, 437, 438, 439, 440, 441, 442, 443, 444, 445, 446, 447, 448, 449, 450, 451, 452, 453, 454, 455, 456, 457, 458, 459, 460, 461, 462, 463, 464, 465, 466, 467, 468, 469, 470, 471, 472, 473, 474, 475, 476, 477, 478, 479, 480, 481, 482, 483, 484, 485, 486, 487, 488, 489, 490, 491, 492, 493, 494, 495, 496, 497, 498, 499, 500, 501, 502, 503, 504, 505, 506, 507, 508, 509, 510, 511, 512, 513, 514, 515, 516, 517, 518], "LargestImagePixelValue": [25268, 23525, 25117, 28014, 25927, 24112, 23855, 23238, 23318, 26338, 25355, 24976, 23949, 23409, 23461, 25793, 24113, 25078, 23543, 23707, 23198, 26698, 27865, 25849, 25439, 24351, 23520, 24384, 26309, 24302, 23572, 23243, 23490, 23147, 23465, 23318, 26802, 23918, 25133, 24364, 25788, 24656, 27092, 25849, 22631, 25279, 25426, 27349, 25191, 23138, 23228, 24838, 23348, 24437, 24128, 23594, 23670, 23514, 25476, 22824, 24664, 23580, 23458, 23285, 23060, 24859, 25799, 23690, 23710, 23518, 23152, 23058, 25481, 25992, 26399, 24272, 24348, 23337, 23216, 23418, 25979, 25909, 25012, 23992, 23398, 23589, 23856, 25087, 27067, 25431, 25843, 23810, 23841, 23924, 24330, 26887, 25292, 25805, 27218, 24655, 24881, 23313, 23386, 23535, 27126, 26425, 23249, 23255, 24506, 27833, 23732, 23734, 23525, 23620, 26211, 23889, 24180, 24429, 25504, 23923, 24934, 25252, 26066, 25869, 26201, 24801, 23363, 23230, 24609, 27100, 26871, 23124, 22905, 23000, 24501, 24435, 23870, 23249, 23036, 22787, 25916, 24225, 23024, 25118, 23258, 23310, 23103, 24788, 26405, 26389, 24527, 23426, 23536, 26835, 24361, 24358, 24164, 24543, 23981, 25075, 25434, 24013, 23707, 23586, 23562, 23880, 23640, 23794, 23697, 24338, 24016, 26860, 23616, 23345, 24137, 27017, 24810, 23331, 23928, 25085, 27157, 25848, 23473, 23594, 24422, 23984, 24521, 25038, 26601, 25628, 24064, 23940, 24558, 26372, 27450, 23354, 23229, 23351, 23648, 23382, 23394, 24112, 24007, 25882, 23137, 23225, 24541, 25422, 27151, 25753, 24705, 25608, 24924, 27729, 23779, 23635, 22999, 22615, 24403, 27120, 22621, 22570, 22633, 22410, 23131, 26748, 27324, 26443, 25299, 24038, 22428, 22379, 22701, 22545, 22737, 24847, 23443, 23011, 24733, 22744, 22423, 23074, 23441, 26804, 26579, 25630, 25034, 24523, 22721, 23143, 22949, 23633, 23883, 25329, 25003, 22797, 24759, 23814, 23098, 23168, 23774, 23681, 26193, 26183, 25333, 24896, 23381, 23463, 23331, 24026, 26340, 25622, 24079, 24050, 22733, 26637, 25100, 23082, 25002, 25393, 25046, 26616, 26791, 23852, 22410, 22376, 22399, 26537, 25185, 22650, 22732, 24382, 23246, 23351, 23546, 24025, 25931, 23336, 23547, 24386, 24895, 26338, 24225, 23822, 25296, 26294, 27069, 24085, 23110, 23660, 24843, 26736, 24585, 23004, 23454, 24962, 24924, 25724, 24284, 25265, 24798, 23892, 24376, 26048, 23458, 23385, 23381, 23015, 25020, 23348, 22455, 22698, 23943, 26242, 23125, 23910, 22906, 23631, 23816, 24832, 27128, 23319, 24407, 23906, 22794, 22355, 23244, 23108, 25232, 23028, 22570, 22949, 23314, 24723, 24248, 23439, 22992, 24496, 24089, 25420, 23058, 23153, 23934, 26434, 25807, 24751, 25883, 24291, 26115, 26915, 22676, 22626, 22611, 24622, 24529, 25521, 26519, 25807, 25622, 22696, 22611, 24232, 22530, 22696, 22998, 25732, 25695, 25200, 23049, 23545, 22483, 22408, 22523, 23336, 25190, 26949, 25412, 23235, 23513, 22707, 23676, 24194, 26318, 25352, 25750, 25165, 22927, 23102, 23917, 24592, 25079, 25390, 23664, 23177, 23057, 23331, 23689, 24436, 24698, 24437, 24719, 26639, 26768, 23455, 24417, 22756, 22887, 23518, 27188, 27245, 24888, 24334, 22823, 22562, 22612, 24346, 28275, 22658, 23365, 22971, 25837, 25564, 22699, 22352, 22867, 22321, 22507, 25467, 26763, 26225, 23616, 22532, 22618, 22563, 22459, 24233, 25671, 22791, 25172, 23106, 23646, 22742, 22840, 22733, 26573, 24912, 26261, 25918, 24279, 23608, 24831, 24618, 23178, 23230, 23299, 23160, 24788, 25587, 25390, 22969, 22769, 23310, 24507, 24330, 25496, 23894, 22728, 22948, 22861, 22647, 26414, 27568, 23693, 23203, 25641, 23771, 23153, 23260, 22937, 24302, 25930, 26629, 25459, 24902, 23459, 23601, 24886, 24252, 22793, 23524, 24470, 25503, 26307, 24802, 26016, 24447, 22724, 22928], "WindowCenter": [9918.0, 9908.0, 9891.0, 9935.0, 9918.0, 9889.0, 9901.0, 9885.0, 9900.0, 9917.0, 9913.0, 9923.0, 9900.0, 9899.0, 9909.0, 9907.0, 9891.0, 9902.0, 9908.0, 9882.0, 9891.0, 9901.0, 9924.0, 9902.0, 9910.0, 9899.0, 9895.0, 9883.0, 9903.0, 9894.0, 9894.0, 9875.0, 9870.0, 9886.0, 9904.0, 9919.0, 9922.0, 9892.0, 9916.0, 9896.0, 9950.0, 9933.0, 9925.0, 9931.0, 9884.0, 9867.0, 9881.0, 9886.0, 9881.0, 9887.0, 9877.0, 9917.0, 9892.0, 9902.0, 9881.0, 9878.0, 9890.0, 9875.0, 9900.0, 9894.0, 9891.0, 9896.0, 9878.0, 9861.0, 9863.0, 9889.0, 9898.0, 9898.0, 9889.0, 9898.0, 9887.0, 9875.0, 9893.0, 9903.0, 9901.0, 9887.0, 9875.0, 9894.0, 9888.0, 9869.0, 9885.0, 9889.0, 9895.0, 9889.0, 9880.0, 9898.0, 9904.0, 9907.0, 9925.0, 9903.0, 9891.0, 9890.0, 9902.0, 9909.0, 9887.0, 9903.0, 9887.0, 9888.0, 9890.0, 9881.0, 9892.0, 9867.0, 9871.0, 9859.0, 9883.0, 9886.0, 9870.0, 9881.0, 9897.0, 9910.0, 9880.0, 9886.0, 9873.0, 9874.0, 9899.0, 9879.0, 9907.0, 9885.0, 9894.0, 9911.0, 9907.0, 9903.0, 9889.0, 9891.0, 9899.0, 9893.0, 9866.0, 9874.0, 9873.0, 9890.0, 9882.0, 9863.0, 9869.0, 9857.0, 9890.0, 9878.0, 9863.0, 9862.0, 9878.0, 9872.0, 9888.0, 9879.0, 9879.0, 9890.0, 9877.0, 9880.0, 9877.0, 9892.0, 9906.0, 9888.0, 9881.0, 9867.0, 9891.0, 9929.0, 9911.0, 9898.0, 9888.0, 9890.0, 9904.0, 9875.0, 9894.0, 9888.0, 9876.0, 9872.0, 9866.0, 9871.0, 9872.0, 9878.0, 9864.0, 9879.0, 9875.0, 9886.0, 9859.0, 9876.0, 9869.0, 9881.0, 9885.0, 9858.0, 9875.0, 9874.0, 9882.0, 9890.0, 9876.0, 9890.0, 9889.0, 9881.0, 9882.0, 9885.0, 9868.0, 9887.0, 9877.0, 9862.0, 9867.0, 9877.0, 9872.0, 9858.0, 9866.0, 9861.0, 9847.0, 9859.0, 9859.0, 9862.0, 9878.0, 9887.0, 9879.0, 9877.0, 9884.0, 9897.0, 9880.0, 9952.0, 9923.0, 9941.0, 9912.0, 9888.0, 9861.0, 9842.0, 9822.0, 9823.0, 9833.0, 9838.0, 9833.0, 9848.0, 9840.0, 9830.0, 9819.0, 9851.0, 9853.0, 9838.0, 9830.0, 9818.0, 9822.0, 9820.0, 9809.0, 9808.0, 9824.0, 9819.0, 9831.0, 9837.0, 9844.0, 9823.0, 9839.0, 9851.0, 9844.0, 9859.0, 9859.0, 9853.0, 9844.0, 9835.0, 9832.0, 9850.0, 9848.0, 9844.0, 9850.0, 9850.0, 9839.0, 9840.0, 9857.0, 9852.0, 9856.0, 9842.0, 9848.0, 9848.0, 9878.0, 9870.0, 9864.0, 9840.0, 9828.0, 9861.0, 9863.0, 9866.0, 9854.0, 9883.0, 9851.0, 9850.0, 9861.0, 9924.0, 9895.0, 9857.0, 9860.0, 9841.0, 9838.0, 9823.0, 9826.0, 9800.0, 9795.0, 9816.0, 9830.0, 9848.0, 9845.0, 9831.0, 9831.0, 9843.0, 9854.0, 9877.0, 9866.0, 9873.0, 9875.0, 9869.0, 9865.0, 9882.0, 9863.0, 9873.0, 9874.0, 9873.0, 9882.0, 9859.0, 9871.0, 9853.0, 9846.0, 9865.0, 9881.0, 9886.0, 9873.0, 9854.0, 9849.0, 9873.0, 9885.0, 9874.0, 9868.0, 9844.0, 9848.0, 9841.0, 9860.0, 9868.0, 9839.0, 9846.0, 9843.0, 9841.0, 9832.0, 9838.0, 9830.0, 9827.0, 9846.0, 9881.0, 9853.0, 9859.0, 9856.0, 9838.0, 9847.0, 9870.0, 9868.0, 9865.0, 9849.0, 9856.0, 9845.0, 9835.0, 9826.0, 9828.0, 9833.0, 9846.0, 9837.0, 9819.0, 9827.0, 9842.0, 9855.0, 9828.0, 9836.0, 9843.0, 9842.0, 9855.0, 9837.0, 9848.0, 9863.0, 9862.0, 9872.0, 9872.0, 9912.0, 9904.0, 9899.0, 9860.0, 9822.0, 9821.0, 9800.0, 9814.0, 9816.0, 9825.0, 9829.0, 9823.0, 9796.0, 9798.0, 9807.0, 9834.0, 9831.0, 9827.0, 9826.0, 9836.0, 9852.0, 9825.0, 9833.0, 9837.0, 9825.0, 9830.0, 9820.0, 9831.0, 9848.0, 9859.0, 9840.0, 9853.0, 9841.0, 9836.0, 9855.0, 9840.0, 9837.0, 9854.0, 9836.0, 9822.0, 9855.0, 9850.0, 9854.0, 9852.0, 9855.0, 9857.0, 9867.0, 9856.0, 9853.0, 9865.0, 9874.0, 9855.0, 9847.0, 9830.0, 9839.0, 9835.0, 9838.0, 9824.0, 9831.0, 9821.0, 9819.0, 9813.0, 9832.0, 9845.0, 9829.0, 9812.0, 9805.0, 9805.0, 9802.0, 9817.0, 9856.0, 9805.0, 9809.0, 9795.0, 9855.0, 9848.0, 9827.0, 9809.0, 9798.0, 9780.0, 9778.0, 9810.0, 9790.0, 9814.0, 9788.0, 9800.0, 9819.0, 9816.0, 9807.0, 9834.0, 9846.0, 9841.0, 9842.0, 9831.0, 9842.0, 9836.0, 9837.0, 9847.0, 9876.0, 9874.0, 9874.0, 9848.0, 9845.0, 9845.0, 9854.0, 9849.0, 9860.0, 9850.0, 9860.0, 9821.0, 9840.0, 9855.0, 9872.0, 9853.0, 9834.0, 9828.0, 9830.0, 9842.0, 9850.0, 9815.0, 9815.0, 9821.0, 9805.0, 9816.0, 9839.0, 9859.0, 9839.0, 9857.0, 9842.0, 9844.0, 9813.0, 9826.0, 9827.0, 9846.0, 9853.0, 9838.0, 9847.0, 9861.0, 9852.0, 9849.0, 9834.0, 9835.0, 9833.0, 9840.0, 9856.0, 9860.0, 9854.0, 9843.0, 9854.0, 9831.0, 9829.0, 9835.0], "WindowWidth": [21022.0, 20996.0, 20963.0, 21045.0, 21010.0, 20951.0, 20975.0, 20949.0, 20982.0, 21012.0, 21001.0, 21018.0, 20977.0, 20972.0, 20995.0, 20991.0, 20959.0, 20975.0, 20984.0, 20937.0, 20957.0, 20981.0, 21018.0, 20975.0, 20988.0, 20967.0, 20958.0, 20938.0, 20979.0, 20960.0, 20954.0, 20920.0, 20911.0, 20941.0, 20981.0, 21014.0, 21020.0, 20963.0, 21004.0, 20968.0, 21095.0, 21051.0, 21031.0, 21038.0, 20941.0, 20900.0, 20921.0, 20930.0, 20924.0, 20943.0, 20934.0, 21008.0, 20962.0, 20975.0, 20931.0, 20925.0, 20948.0, 20924.0, 20969.0, 20956.0, 20946.0, 20954.0, 20921.0, 20890.0, 20892.0, 20943.0, 20963.0, 20960.0, 20947.0, 20961.0, 20941.0, 20922.0, 20956.0, 20973.0, 20969.0, 20940.0, 20918.0, 20956.0, 20948.0, 20913.0, 20943.0, 20949.0, 20959.0, 20948.0, 20938.0, 20969.0, 20983.0, 20987.0, 21019.0, 20975.0, 20953.0, 20955.0, 20977.0, 20991.0, 20946.0, 20971.0, 20941.0, 20941.0, 20945.0, 20928.0, 20949.0, 20906.0, 20910.0, 20882.0, 20926.0, 20935.0, 20911.0, 20932.0, 20959.0, 20986.0, 20927.0, 20934.0, 20916.0, 20919.0, 20966.0, 20934.0, 20985.0, 20945.0, 20967.0, 21003.0, 20991.0, 20981.0, 20948.0, 20948.0, 20959.0, 20953.0, 20903.0, 20916.0, 20913.0, 20940.0, 20924.0, 20887.0, 20906.0, 20884.0, 20943.0, 20921.0, 20890.0, 20888.0, 20919.0, 20910.0, 20939.0, 20926.0, 20922.0, 20941.0, 20919.0, 20929.0, 20921.0, 20954.0, 20979.0, 20944.0, 20929.0, 20906.0, 20960.0, 21032.0, 20997.0, 20973.0, 20949.0, 20947.0, 20973.0, 20922.0, 20954.0, 20939.0, 20914.0, 20905.0, 20899.0, 20906.0, 20907.0, 20919.0, 20894.0, 20920.0, 20915.0, 20933.0, 20882.0, 20913.0, 20900.0, 20921.0, 20936.0, 20884.0, 20913.0, 20913.0, 20928.0, 20941.0, 20913.0, 20947.0, 20946.0, 20929.0, 20932.0, 20934.0, 20900.0, 20934.0, 20922.0, 20889.0, 20894.0, 20914.0, 20902.0, 20873.0, 20896.0, 20891.0, 20865.0, 20885.0, 20885.0, 20893.0, 20921.0, 20936.0, 20922.0, 20919.0, 20932.0, 20962.0, 20948.0, 21097.0, 21039.0, 21065.0, 20989.0, 20933.0, 20875.0, 20838.0, 20797.0, 20796.0, 20813.0, 20819.0, 20814.0, 20846.0, 20830.0, 20811.0, 20791.0, 20849.0, 20853.0, 20826.0, 20812.0, 20782.0, 20788.0, 20785.0, 20767.0, 20767.0, 20799.0, 20792.0, 20815.0, 20826.0, 20836.0, 20800.0, 20833.0, 20858.0, 20843.0, 20870.0, 20868.0, 20855.0, 20840.0, 20824.0, 20819.0, 20854.0, 20851.0, 20843.0, 20855.0, 20854.0, 20834.0, 20836.0, 20866.0, 20858.0, 20864.0, 20842.0, 20853.0, 20852.0, 20910.0, 20893.0, 20882.0, 20837.0, 20815.0, 20879.0, 20884.0, 20889.0, 20867.0, 20919.0, 20860.0, 20853.0, 20882.0, 21037.0, 20953.0, 20876.0, 20869.0, 20825.0, 20816.0, 20786.0, 20790.0, 20742.0, 20736.0, 20780.0, 20809.0, 20842.0, 20834.0, 20810.0, 20818.0, 20842.0, 20865.0, 20911.0, 20891.0, 20908.0, 20912.0, 20899.0, 20893.0, 20920.0, 20879.0, 20903.0, 20909.0, 20907.0, 20920.0, 20878.0, 20895.0, 20863.0, 20857.0, 20892.0, 20924.0, 20930.0, 20901.0, 20864.0, 20857.0, 20905.0, 20930.0, 20907.0, 20892.0, 20843.0, 20851.0, 20840.0, 20873.0, 20889.0, 20837.0, 20846.0, 20840.0, 20836.0, 20817.0, 20828.0, 20815.0, 20812.0, 20850.0, 20915.0, 20866.0, 20878.0, 20870.0, 20838.0, 20852.0, 20893.0, 20892.0, 20885.0, 20852.0, 20861.0, 20840.0, 20821.0, 20805.0, 20806.0, 20817.0, 20843.0, 20825.0, 20793.0, 20810.0, 20842.0, 20860.0, 20811.0, 20825.0, 20834.0, 20834.0, 20865.0, 20832.0, 20851.0, 20881.0, 20883.0, 20898.0, 20903.0, 21000.0, 20977.0, 20958.0, 20874.0, 20790.0, 20782.0, 20745.0, 20773.0, 20775.0, 20789.0, 20795.0, 20781.0, 20731.0, 20738.0, 20763.0, 20815.0, 20810.0, 20799.0, 20798.0, 20816.0, 20851.0, 20807.0, 20817.0, 20823.0, 20802.0, 20810.0, 20790.0, 20811.0, 20842.0, 20864.0, 20831.0, 20861.0, 20840.0, 20828.0, 20862.0, 20831.0, 20825.0, 20855.0, 20828.0, 20800.0, 20860.0, 20855.0, 20861.0, 20857.0, 20864.0, 20869.0, 20890.0, 20871.0, 20868.0, 20896.0, 20904.0, 20867.0, 20849.0, 20814.0, 20826.0, 20816.0, 20817.0, 20793.0, 20806.0, 20787.0, 20787.0, 20781.0, 20812.0, 20832.0, 20798.0, 20766.0, 20751.0, 20752.0, 20749.0, 20780.0, 20853.0, 20757.0, 20765.0, 20734.0, 20873.0, 20844.0, 20799.0, 20756.0, 20732.0, 20698.0, 20691.0, 20750.0, 20713.0, 20762.0, 20716.0, 20742.0, 20780.0, 20779.0, 20766.0, 20813.0, 20838.0, 20829.0, 20831.0, 20815.0, 20836.0, 20829.0, 20831.0, 20851.0, 20903.0, 20906.0, 20901.0, 20852.0, 20845.0, 20846.0, 20866.0, 20858.0, 20878.0, 20857.0, 20871.0, 20797.0, 20836.0, 20864.0, 20900.0, 20863.0, 20824.0, 20808.0, 20809.0, 20832.0, 20846.0, 20782.0, 20777.0, 20786.0, 20750.0, 20780.0, 20823.0, 20866.0, 20832.0, 20864.0, 20835.0, 20836.0, 20780.0, 20804.0, 20808.0, 20841.0, 20853.0, 20825.0, 20848.0, 20874.0, 20854.0, 20845.0, 20820.0, 20829.0, 20824.0, 20836.0, 20865.0, 20872.0, 20857.0, 20834.0, 20858.0, 20815.0, 20806.0, 20817.0]}, "slices": {}}}