{"AcquisitionMatrixPE": 96, "AcquisitionNumber": 1, "AcquisitionTime": "17:11:36.140000", "BandwidthPerPixelPhaseEncode": 33.602, "BaseResolution": 96, "BodyPartExamined": "BRAIN", "ConsistencyInfo": "N4_VD11D_LATEST_20110129", "ConversionSoftware": "dcm2niix", "ConversionSoftwareVersion": "v1.0.20210317", "DerivedVendorReportedEchoSpacing": 0.000620003, "DeviceSerialNumber": "45239", "DwellTime": 2.6e-06, "EchoTime": 0.03, "EchoTrainLength": 48, "EffectiveEchoSpacing": 0.000310001, "FlipAngle": 63, "ImageComments": "Unaliased MB4/PE3", "ImageOrientationPatientDICOM": [0.996801, 0.0150999, 0.0784814, 0.0152153, 0.928175, -0.371833], "ImageType": ["ORIGINAL", "PRIMARY", "M", "ND", "NORM", "MOSAIC"], "ImagingFrequency": 123.193, "InPlanePhaseEncodingDirectionDICOM": "COL", "InstitutionAddress": "E 24th St. 100,Austin,Southmiddle,US,78712", "InstitutionName": "Univ of Texas at Austin", "InstitutionalDepartmentName": "IRC", "MRAcquisitionType": "2D", "MagneticFieldStrength": 3, "Manufacturer": "Siemens", "ManufacturersModelName": "Skyra", "Modality": "MR", "MultibandAccelerationFactor": 4, "ParallelReductionFactorInPlane": 2, "PartialFourier": 1, "PatientPosition": "HFS", "PercentPhaseFOV": 100, "PercentSampling": 100, "PhaseEncodingDirection": "j-", "PhaseEncodingSteps": 96, "PhaseResolution": 1, "PixelBandwidth": 2005, "ProcedureStepDescription": "Poldrack2^self-scanning", "ProtocolName": "Resting State fMRI MBEPI_matrix96_BW2004", "PulseSequenceDetails": "%CustomerSeq%\\cmrr_mbep2d_bold", "ReceiveCoilActiveElements": "HEA;HEP", "ReceiveCoilName": "Head_32", "ReconMatrixPE": 96, "RefLinesPE": 94, "RepetitionTime": 1.16, "SAR": 0.0909344, "ScanOptions": "FS", "ScanningSequence": "EP", "SequenceName": "epfid2d1_96", "SequenceVariant": "SK", "SeriesDescription": "Resting State fMRI MBEPI_matrix96_BW2004", "SeriesNumber": 9, "ShimSetting": [-2779, 8113, -15461, 139, -246, 180, 93, -98], "SliceThickness": 2, "SliceTiming": [0, 0.5, 0.9975, 0.3575, 0.855, 0.215, 0.7125, 0.0725, 0.57, 1.07, 0.4275, 0.9275, 0.285, 0.785, 0.1425, 0.6425, 0, 0.5, 0.9975, 0.3575, 0.855, 0.215, 0.7125, 0.0725, 0.57, 1.07, 0.4275, 0.9275, 0.285, 0.785, 0.1425, 0.6425, 0, 0.5, 0.9975, 0.3575, 0.855, 0.215, 0.7125, 0.0725, 0.57, 1.07, 0.4275, 0.9275, 0.285, 0.785, 0.1425, 0.6425, 0, 0.5, 0.9975, 0.3575, 0.855, 0.215, 0.7125, 0.0725, 0.57, 1.07, 0.4275, 0.9275, 0.285, 0.785, 0.1425, 0.6425], "SoftwareVersions": "syngo MR D11", "SpacingBetweenSlices": 2.4, "StationName": "AWP45239", "TaskName": "Resting fmri", "TotalReadoutTime": 0.0294501, "TxRefAmp": 333.265, "WipMemBlock": "70427383-e105-43df-a16d-266485194224||Sequence: VD11D r195; Nov 21 2012 15:36:10 by eja", "dcmmeta_affine": [[-2.388169527053833, 0.036453403532505035, 0.18830186128616333, 113.25005340576172], [-0.03617681562900543, 2.223752021789551, -0.8924111723899841, -92.47181701660156], [0.18802836537361145, 0.8908505439758301, 2.219942569732666, -86.47826385498047], [0.0, 0.0, 0.0, 1.0]], "dcmmeta_reorient_transform": [[0.0, -1.0, 0.0, 95.0], [1.0, 0.0, 0.0, 0.0], [0.0, 0.0, 1.0, 0.0], [0.0, 0.0, 0.0, 1.0]], "dcmmeta_shape": [96, 96, 64, 518], "dcmmeta_slice_dim": 2, "dcmmeta_version": 0.6, "global": {"const": {"AcquisitionMatrix": [96, 0, 0, 96], "AngioFlag": "N", "BitsAllocated": 16, "BitsStored": 16, "BodyPartExamined": "BRAIN", "Columns": 768, "EchoNumbers": 1, "EchoTime": 30.0, "EchoTrainLength": 48, "FlipAngle": 63.0, "HighBit": 15, "ImageOrientationPatient": [0.99680121481872, 0.01509988847406, 0.078481408652, 0.01521533428529, 0.9281748227608, -0.3718332852174], "ImagePositionPatient": [-931.38642472319, -878.1207499832, 234.3007897839], "ImageType": ["ORIGINAL", "PRIMARY", "M", "ND", "NORM", "MOSAIC"], "ImagedNucleus": "1H", "ImagingFrequency": 123.193341, "InPlanePhaseEncodingDirection": "COL", "MRAcquisitionType": "2D", "MagneticFieldStrength": 3.0, "Manufacturer": "SIEMENS", "ManufacturerModelName": "Skyra", "Modality": "MR", "NumberOfAverages": 1.0, "NumberOfPhaseEncodingSteps": 96, "PercentPhaseFieldOfView": 100.0, "PercentSampling": 100.0, "PerformedProcedureStepStartTime": "165957.375000", "PhotometricInterpretation": "MONOCHROME2", "PixelBandwidth": 2005.0, "PixelRepresentation": 0, "PixelSpacing": [2.3958332538605, 2.3958332538605], "ProtocolName": "Resting State fMRI MBEPI_matrix96_BW2004", "RepetitionTime": 1160.0, "Rows": 768, "SAR": 0.09093435605193, "SamplesPerPixel": 1, "ScanOptions": "FS", "ScanningSequence": "EP", "SequenceName": "epfid2d1_96", "SequenceVariant": "SK", "SeriesDescription": "Resting State fMRI MBEPI_matrix96_BW2004", "SeriesNumber": 9, "SeriesTime": "171219.562000", "SliceLocation": -36.720290087958, "SliceThickness": 2.0, "SmallestImagePixelValue": 0, "SoftwareVersions": "syngo MR D11", "SpacingBetweenSlices": 2.4000000447755, "SpecificCharacterSet": "ISO_IR 100", "StudyID": "1", "StudyTime": "165957.343000", "TransmitCoilName": "Body", "VariableFlipAngleFlag": "N", "WindowCenterWidthExplanation": "Algo1", "dBdt": 0.0}, "slices": {}}, "time": {"samples": {"AcquisitionNumber": [1, 2, 3, 4, 5, 6, 7, 8, 9, 10, 11, 12, 13, 14, 15, 16, 17, 18, 19, 20, 21, 22, 23, 24, 25, 26, 27, 28, 29, 30, 31, 32, 33, 34, 35, 36, 37, 38, 39, 40, 41, 42, 43, 44, 45, 46, 47, 48, 49, 50, 51, 52, 53, 54, 55, 56, 57, 58, 59, 60, 61, 62, 63, 64, 65, 66, 67, 68, 69, 70, 71, 72, 73, 74, 75, 76, 77, 78, 79, 80, 81, 82, 83, 84, 85, 86, 87, 88, 89, 90, 91, 92, 93, 94, 95, 96, 97, 98, 99, 100, 101, 102, 103, 104, 105, 106, 107, 108, 109, 110, 111, 112, 113, 114, 115, 116, 117, 118, 119, 120, 121, 122, 123, 124, 125, 126, 127, 128, 129, 130, 131, 132, 133, 134, 135, 136, 137, 138, 139, 140, 141, 142, 143, 144, 145, 146, 147, 148, 149, 150, 151, 152, 153, 154, 155, 156, 157, 158, 159, 160, 161, 162, 163, 164, 165, 166, 167, 168, 169, 170, 171, 172, 173, 174, 175, 176, 177, 178, 179, 180, 181, 182, 183, 184, 185, 186, 187, 188, 189, 190, 191, 192, 193, 194, 195, 196, 197, 198, 199, 200, 201, 202, 203, 204, 205, 206, 207, 208, 209, 210, 211, 212, 213, 214, 215, 216, 217, 218, 219, 220, 221, 222, 223, 224, 225, 226, 227, 228, 229, 230, 231, 232, 233, 234, 235, 236, 237, 238, 239, 240, 241, 242, 243, 244, 245, 246, 247, 248, 249, 250, 251, 252, 253, 254, 255, 256, 257, 258, 259, 260, 261, 262, 263, 264, 265, 266, 267, 268, 269, 270, 271, 272, 273, 274, 275, 276, 277, 278, 279, 280, 281, 282, 283, 284, 285, 286, 287, 288, 289, 290, 291, 292, 293, 294, 295, 296, 297, 298, 299, 300, 301, 302, 303, 304, 305, 306, 307, 308, 309, 310, 311, 312, 313, 314, 315, 316, 317, 318, 319, 320, 321, 322, 323, 324, 325, 326, 327, 328, 329, 330, 331, 332, 333, 334, 335, 336, 337, 338, 339, 340, 341, 342, 343, 344, 345, 346, 347, 348, 349, 350, 351, 352, 353, 354, 355, 356, 357, 358, 359, 360, 361, 362, 363, 364, 365, 366, 367, 368, 369, 370, 371, 372, 373, 374, 375, 376, 377, 378, 379, 380, 381, 382, 383, 384, 385, 386, 387, 388, 389, 390, 391, 392, 393, 394, 395, 396, 397, 398, 399, 400, 401, 402, 403, 404, 405, 406, 407, 408, 409, 410, 411, 412, 413, 414, 415, 416, 417, 418, 419, 420, 421, 422, 423, 424, 425, 426, 427, 428, 429, 430, 431, 432, 433, 434, 435, 436, 437, 438, 439, 440, 441, 442, 443, 444, 445, 446, 447, 448, 449, 450, 451, 452, 453, 454, 455, 456, 457, 458, 459, 460, 461, 462, 463, 464, 465, 466, 467, 468, 469, 470, 471, 472, 473, 474, 475, 476, 477, 478, 479, 480, 481, 482, 483, 484, 485, 486, 487, 488, 489, 490, 491, 492, 493, 494, 495, 496, 497, 498, 499, 500, 501, 502, 503, 504, 505, 506, 507, 508, 509, 510, 511, 512, 513, 514, 515, 516, 517, 518], "AcquisitionTime": ["171136.140000", "171205.140000", "171206.300000", "171207.460000", "171208.620000", "171209.780000", "171210.940000", "171212.100000", "171213.260000", "171214.420000", "171215.580000", "171216.740000", "171217.900000", "171219.060000", "171220.220000", "171221.380000", "171222.540000", "171223.700000", "171224.860000", "171226.020000", "171227.180000", "171228.340000", "171229.500000", "171230.660000", "171231.820000", "171232.980000", "171234.140000", "171235.300000", "171236.460000", "171237.620000", "171238.780000", "171239.940000", "171241.100000", "171242.260000", "171243.420000", "171244.580000", "171245.740000", "171246.900000", "171248.060000", "171249.220000", "171250.382500", "171251.542500", "171252.702500", "171253.862500", "171255.022500", "171256.182500", "171257.342500", "171258.502500", "171259.662500", "171300.822500", "171301.982500", "171303.142500", "171304.302500", "171305.462500", "171306.622500", "171307.782500", "171308.942500", "171310.102500", "171311.262500", "171312.422500", "171313.582500", "171314.742500", "171315.902500", "171317.062500", "171318.222500", "171319.382500", "171320.542500", "171321.702500", "171322.862500", "171324.022500", "171325.182500", "171326.342500", "171327.502500", "171328.662500", "171329.822500", "171330.982500", "171332.142500", "171333.302500", "171334.462500", "171335.622500", "171336.782500", "171337.942500", "171339.102500", "171340.262500", "171341.422500", "171342.582500", "171343.742500", "171344.902500", "171346.062500", "171347.222500", "171348.382500", "171349.542500", "171350.702500", "171351.862500", "171353.022500", "171354.182500", "171355.342500", "171356.502500", "171357.662500", "171358.822500", "171359.982500", "171401.142500", "171402.302500", "171403.462500", "171404.622500", "171405.782500", "171406.942500", "171408.102500", "171409.262500", "171410.422500", "171411.582500", "171412.742500", "171413.902500", "171415.062500", "171416.222500", "171417.382500", "171418.542500", "171419.702500", "171420.862500", "171422.022500", "171423.182500", "171424.342500", "171425.502500", "171426.662500", "171427.822500", "171428.982500", "171430.142500", "171431.302500", "171432.462500", "171433.622500", "171434.782500", "171435.942500", "171437.102500", "171438.262500", "171439.422500", "171440.582500", "171441.742500", "171442.902500", "171444.062500", "171445.222500", "171446.382500", "171447.542500", "171448.702500", "171449.862500", "171451.022500", "171452.182500", "171453.342500", "171454.502500", "171455.662500", "171456.822500", "171457.982500", "171459.142500", "171500.302500", "171501.462500", "171502.622500", "171503.782500", "171504.942500", "171506.102500", "171507.262500", "171508.422500", "171509.582500", "171510.742500", "171511.902500", "171513.062500", "171514.222500", "171515.382500", "171516.542500", "171517.702500", "171518.862500", "171520.022500", "171521.182500", "171522.342500", "171523.502500", "171524.662500", "171525.822500", "171526.982500", "171528.142500", "171529.302500", "171530.462500", "171531.622500", "171532.782500", "171533.942500", "171535.102500", "171536.262500", "171537.422500", "171538.582500", "171539.742500", "171540.902500", "171542.062500", "171543.222500", "171544.382500", "171545.542500", "171546.702500", "171547.862500", "171549.022500", "171550.182500", "171551.342500", "171552.502500", "171553.662500", "171554.822500", "171555.982500", "171557.142500", "171558.302500", "171559.462500", "171600.622500", "171601.782500", "171602.942500", "171604.102500", "171605.262500", "171606.422500", "171607.582500", "171608.742500", "171609.902500", "171611.062500", "171612.222500", "171613.382500", "171614.542500", "171615.702500", "171616.862500", "171618.022500", "171619.182500", "171620.342500", "171621.502500", "171622.662500", "171623.822500", "171624.982500", "171626.142500", "171627.302500", "171628.462500", "171629.622500", "171630.782500", "171631.942500", "171633.102500", "171634.262500", "171635.422500", "171636.582500", "171637.742500", "171638.902500", "171640.062500", "171641.222500", "171642.382500", "171643.542500", "171644.702500", "171645.862500", "171647.022500", "171648.182500", "171649.342500", "171650.502500", "171651.662500", "171652.822500", "171653.982500", "171655.142500", "171656.302500", "171657.462500", "171658.622500", "171659.782500", "171700.942500", "171702.102500", "171703.262500", "171704.422500", "171705.582500", "171706.742500", "171707.902500", "171709.062500", "171710.222500", "171711.382500", "171712.542500", "171713.702500", "171714.862500", "171716.022500", "171717.182500", "171718.342500", "171719.502500", "171720.662500", "171721.822500", "171722.982500", "171724.142500", "171725.302500", "171726.462500", "171727.622500", "171728.782500", "171729.942500", "171731.102500", "171732.262500", "171733.422500", "171734.582500", "171735.742500", "171736.902500", "171738.062500", "171739.222500", "171740.382500", "171741.542500", "171742.705000", "171743.865000", "171745.025000", "171746.185000", "171747.345000", "171748.505000", "171749.665000", "171750.825000", "171751.985000", "171753.145000", "171754.305000", "171755.465000", "171756.625000", "171757.785000", "171758.945000", "171800.105000", "171801.265000", "171802.425000", "171803.585000", "171804.745000", "171805.905000", "171807.065000", "171808.225000", "171809.385000", "171810.545000", "171811.705000", "171812.865000", "171814.025000", "171815.185000", "171816.345000", "171817.505000", "171818.665000", "171819.825000", "171820.985000", "171822.145000", "171823.305000", "171824.465000", "171825.625000", "171826.785000", "171827.945000", "171829.105000", "171830.265000", "171831.425000", "171832.585000", "171833.745000", "171834.905000", "171836.065000", "171837.225000", "171838.385000", "171839.545000", "171840.705000", "171841.865000", "171843.025000", "171844.185000", "171845.345000", "171846.505000", "171847.665000", "171848.825000", "171849.985000", "171851.145000", "171852.305000", "171853.465000", "171854.625000", "171855.785000", "171856.945000", "171858.105000", "171859.265000", "171900.425000", "171901.585000", "171902.745000", "171903.905000", "171905.065000", "171906.225000", "171907.385000", "171908.545000", "171909.705000", "171910.865000", "171912.025000", "171913.185000", "171914.345000", "171915.505000", "171916.665000", "171917.825000", "171918.985000", "171920.145000", "171921.305000", "171922.465000", "171923.625000", "171924.785000", "171925.945000", "171927.105000", "171928.265000", "171929.425000", "171930.585000", "171931.745000", "171932.905000", "171934.065000", "171935.225000", "171936.385000", "171937.545000", "171938.705000", "171939.865000", "171941.025000", "171942.185000", "171943.345000", "171944.505000", "171945.665000", "171946.825000", "171947.985000", "171949.145000", "171950.305000", "171951.465000", "171952.625000", "171953.785000", "171954.945000", "171956.105000", "171957.265000", "171958.425000", "171959.585000", "172000.745000", "172001.905000", "172003.065000", "172004.225000", "172005.385000", "172006.545000", "172007.705000", "172008.865000", "172010.025000", "172011.185000", "172012.345000", "172013.505000", "172014.665000", "172015.825000", "172016.985000", "172018.145000", "172019.305000", "172020.465000", "172021.625000", "172022.785000", "172023.945000", "172025.105000", "172026.265000", "172027.425000", "172028.585000", "172029.745000", "172030.905000", "172032.065000", "172033.225000", "172034.385000", "172035.545000", "172036.705000", "172037.865000", "172039.025000", "172040.185000", "172041.345000", "172042.505000", "172043.665000", "172044.825000", "172045.985000", "172047.145000", "172048.305000", "172049.465000", "172050.625000", "172051.785000", "172052.945000", "172054.105000", "172055.265000", "172056.425000", "172057.585000", "172058.745000", "172059.905000", "172101.065000", "172102.225000", "172103.385000", "172104.545000", "172105.705000", "172106.865000", "172108.025000", "172109.185000", "172110.345000", "172111.505000", "172112.665000", "172113.825000", "172114.985000", "172116.145000", "172117.305000", "172118.465000", "172119.625000", "172120.785000", "172121.945000", "172123.105000", "172124.265000", "172125.425000", "172126.585000", "172127.745000", "172128.905000", "172130.065000", "172131.225000", "172132.385000", "172133.545000", "172134.705000", "172135.865000", "172137.025000", "172138.185000", "172139.345000", "172140.505000", "172141.665000", "172142.825000", "172143.985000", "172145.145000", "172146.305000", "172147.465000", "172148.625000", "172149.785000", "172150.945000", "172152.105000", "172153.265000", "172154.425000", "172155.585000", "172156.745000", "172157.905000", "172159.065000", "172200.225000", "172201.385000", "172202.545000", "172203.705000"], "ContentTime": ["171219.562000", "171224.296000", "171224.312000", "171224.312000", "171224.312000", "171229.296000", "171229.312000", "171229.312000", "171229.312000", "171234.296000", "171234.312000", "171234.312000", "171234.312000", "171239.296000", "171239.312000", "171239.312000", "171244.296000", "171244.312000", "171244.312000", "171244.312000", "171249.296000", "171249.312000", "171249.312000", "171249.312000", "171254.296000", "171254.312000", "171254.312000", "171254.312000", "171259.296000", "171259.312000", "171259.312000", "171259.312000", "171304.296000", "171304.312000", "171304.312000", "171304.312000", "171309.296000", "171309.312000", "171309.312000", "171309.312000", "171314.296000", "171314.312000", "171314.312000", "171319.296000", "171319.312000", "171319.312000", "171319.312000", "171324.296000", "171324.312000", "171324.312000", "171324.312000", "171329.296000", "171329.312000", "171329.312000", "171334.296000", "171334.312000", "171334.312000", "171334.312000", "171334.312000", "171339.296000", "171339.312000", "171339.312000", "171339.312000", "171344.296000", "171344.312000", "171344.312000", "171344.312000", "171349.296000", "171349.312000", "171349.312000", "171349.312000", "171354.296000", "171354.312000", "171354.312000", "171359.296000", "171359.312000", "171359.312000", "171359.312000", "171404.296000", "171404.312000", "171404.312000", "171404.312000", "171409.296000", "171409.312000", "171409.312000", "171409.312000", "171414.296000", "171414.312000", "171414.312000", "171414.312000", "171419.296000", "171419.312000", "171419.312000", "171419.312000", "171424.296000", "171424.312000", "171424.312000", "171424.312000", "171424.328000", "171429.296000", "171429.312000", "171429.312000", "171429.312000", "171434.296000", "171434.312000", "171434.312000", "171434.312000", "171439.296000", "171439.312000", "171439.312000", "171439.312000", "171444.296000", "171444.312000", "171444.312000", "171444.312000", "171449.296000", "171449.312000", "171449.312000", "171449.312000", "171454.296000", "171454.312000", "171454.312000", "171454.312000", "171459.296000", "171459.312000", "171459.312000", "171459.312000", "171504.296000", "171504.312000", "171504.312000", "171504.312000", "171509.296000", "171509.312000", "171509.312000", "171509.312000", "171509.328000", "171514.296000", "171514.312000", "171514.312000", "171514.312000", "171519.296000", "171519.312000", "171519.312000", "171524.296000", "171524.312000", "171524.312000", "171524.312000", "171529.296000", "171529.312000", "171529.312000", "171529.328000", "171534.296000", "171534.312000", "171534.312000", "171534.312000", "171539.296000", "171539.312000", "171539.312000", "171544.296000", "171544.312000", "171544.312000", "171544.312000", "171544.312000", "171549.296000", "171549.312000", "171549.312000", "171549.312000", "171554.312000", "171554.312000", "171554.312000", "171559.296000", "171559.312000", "171559.312000", "171559.312000", "171604.296000", "171604.312000", "171604.312000", "171604.312000", "171609.296000", "171609.312000", "171609.312000", "171609.312000", "171614.296000", "171614.312000", "171614.312000", "171614.312000", "171619.296000", "171619.312000", "171619.312000", "171619.312000", "171624.296000", "171624.312000", "171624.312000", "171624.312000", "171629.296000", "171629.312000", "171629.312000", "171629.312000", "171634.296000", "171634.312000", "171634.312000", "171634.312000", "171639.296000", "171639.312000", "171639.312000", "171639.312000", "171644.296000", "171644.312000", "171644.312000", "171644.312000", "171649.296000", "171649.312000", "171649.312000", "171649.312000", "171654.296000", "171654.312000", "171654.312000", "171654.312000", "171659.296000", "171659.312000", "171659.312000", "171659.312000", "171704.296000", "171704.312000", "171704.312000", "171704.312000", "171709.296000", "171709.312000", "171709.312000", "171709.312000", "171714.296000", "171714.312000", "171714.312000", "171714.312000", "171719.296000", "171719.312000", "171719.312000", "171719.312000", "171724.296000", "171724.312000", "171724.312000", "171724.312000", "171724.312000", "171729.296000", "171729.312000", "171729.312000", "171729.312000", "171734.296000", "171734.312000", "171734.312000", "171734.312000", "171739.296000", "171739.312000", "171739.312000", "171739.312000", "171744.296000", "171744.312000", "171744.312000", "171744.312000", "171749.296000", "171749.312000", "171749.312000", "171749.312000", "171754.296000", "171754.312000", "171754.312000", "171754.312000", "171759.296000", "171759.312000", "171759.312000", "171759.312000", "171804.296000", "171804.312000", "171804.312000", "171804.312000", "171809.296000", "171809.312000", "171809.312000", "171809.312000", "171814.296000", "171814.312000", "171814.312000", "171814.312000", "171819.296000", "171819.312000", "171819.312000", "171819.312000", "171824.296000", "171824.312000", "171824.312000", "171824.312000", "171829.296000", "171829.312000", "171829.312000", "171829.312000", "171834.296000", "171834.312000", "171834.312000", "171834.312000", "171839.296000", "171839.312000", "171839.312000", "171839.312000", "171844.296000", "171844.312000", "171844.312000", "171844.328000", "171849.296000", "171849.312000", "171849.312000", "171849.312000", "171854.296000", "171854.312000", "171854.312000", "171854.312000", "171854.312000", "171859.296000", "171859.312000", "171859.312000", "171859.312000", "171904.296000", "171904.312000", "171904.312000", "171904.312000", "171909.296000", "171909.312000", "171909.312000", "171909.312000", "171914.296000", "171914.312000", "171914.312000", "171914.312000", "171919.296000", "171919.312000", "171919.312000", "171919.312000", "171924.296000", "171924.312000", "171924.312000", "171924.312000", "171929.296000", "171929.312000", "171929.312000", "171929.312000", "171934.296000", "171934.312000", "171934.312000", "171934.312000", "171939.296000", "171939.312000", "171939.312000", "171939.312000", "171944.296000", "171944.312000", "171944.312000", "171944.312000", "171949.296000", "171949.312000", "171949.312000", "171949.312000", "171954.296000", "171954.312000", "171954.312000", "171954.328000", "171954.328000", "171959.296000", "171959.312000", "171959.312000", "171959.312000", "172004.296000", "172004.312000", "172004.312000", "172004.312000", "172009.296000", "172009.312000", "172009.312000", "172009.312000", "172014.296000", "172014.312000", "172014.312000", "172014.312000", "172019.296000", "172019.312000", "172019.312000", "172019.312000", "172024.296000", "172024.312000", "172024.328000", "172024.328000", "172029.296000", "172029.312000", "172029.312000", "172029.312000", "172034.296000", "172034.312000", "172034.312000", "172034.312000", "172039.296000", "172039.312000", "172039.312000", "172044.296000", "172044.312000", "172044.312000", "172044.312000", "172049.296000", "172049.312000", "172049.312000", "172049.312000", "172049.312000", "172054.296000", "172054.312000", "172054.312000", "172054.312000", "172059.296000", "172059.312000", "172059.312000", "172059.312000", "172104.296000", "172104.312000", "172104.312000", "172104.312000", "172109.296000", "172109.312000", "172109.328000", "172109.343000", "172114.296000", "172114.312000", "172114.312000", "172114.312000", "172119.296000", "172119.312000", "172119.312000", "172119.312000", "172124.296000", "172124.312000", "172124.312000", "172124.312000", "172129.296000", "172129.312000", "172129.328000", "172129.328000", "172134.296000", "172134.312000", "172134.312000", "172134.328000", "172139.296000", "172139.312000", "172139.312000", "172139.312000", "172144.296000", "172144.312000", "172144.312000", "172144.312000", "172149.296000", "172149.312000", "172149.312000", "172149.312000", "172154.296000", "172154.312000", "172154.328000", "172154.328000", "172159.296000", "172159.312000", "172159.312000", "172159.312000", "172204.296000", "172204.312000", "172204.312000", "172204.312000", "172209.296000", "172209.312000", "172209.312000", "172209.312000", "172214.296000", "172214.312000", "172214.312000", "172214.312000", "172214.312000", "172219.296000", "172219.312000", "172219.312000", "172219.312000", "172224.296000", "172224.312000", "172224.312000", "172224.312000", "172224.312000", "172229.296000", "172229.312000", "172229.312000", "172229.312000", "172234.296000", "172234.312000", "172234.312000", "172234.312000", "172239.296000", "172239.312000", "172239.312000", "172239.312000", "172244.296000", "172244.312000", "172244.312000", "172244.312000", "172244.312000", "172249.296000", "172249.312000", "172249.312000", "172249.312000", "172254.296000", "172254.312000", "172254.312000", "172254.312000", "172254.312000", "172259.296000", "172259.312000", "172259.312000", "172259.312000", "172259.375000"], "InstanceCreationTime": ["171219.562000", "171224.296000", "171224.312000", "171224.312000", "171224.312000", "171229.296000", "171229.312000", "171229.312000", "171229.312000", "171234.296000", "171234.312000", "171234.312000", "171234.312000", "171239.296000", "171239.312000", "171239.312000", "171244.296000", "171244.312000", "171244.312000", "171244.312000", "171249.296000", "171249.312000", "171249.312000", "171249.312000", "171254.296000", "171254.312000", "171254.312000", "171254.312000", "171259.296000", "171259.312000", "171259.312000", "171259.312000", "171304.296000", "171304.312000", "171304.312000", "171304.312000", "171309.296000", "171309.312000", "171309.312000", "171309.312000", "171314.296000", "171314.312000", "171314.312000", "171319.296000", "171319.312000", "171319.312000", "171319.312000", "171324.296000", "171324.312000", "171324.312000", "171324.312000", "171329.296000", "171329.312000", "171329.312000", "171334.296000", "171334.312000", "171334.312000", "171334.312000", "171334.312000", "171339.296000", "171339.312000", "171339.312000", "171339.312000", "171344.296000", "171344.312000", "171344.312000", "171344.312000", "171349.296000", "171349.312000", "171349.312000", "171349.312000", "171354.296000", "171354.312000", "171354.312000", "171359.296000", "171359.312000", "171359.312000", "171359.312000", "171404.296000", "171404.312000", "171404.312000", "171404.312000", "171409.296000", "171409.312000", "171409.312000", "171409.312000", "171414.296000", "171414.312000", "171414.312000", "171414.312000", "171419.296000", "171419.312000", "171419.312000", "171419.312000", "171424.296000", "171424.312000", "171424.312000", "171424.312000", "171424.328000", "171429.296000", "171429.312000", "171429.312000", "171429.312000", "171434.296000", "171434.312000", "171434.312000", "171434.312000", "171439.296000", "171439.312000", "171439.312000", "171439.312000", "171444.296000", "171444.312000", "171444.312000", "171444.312000", "171449.296000", "171449.312000", "171449.312000", "171449.312000", "171454.296000", "171454.312000", "171454.312000", "171454.312000", "171459.296000", "171459.312000", "171459.312000", "171459.312000", "171504.296000", "171504.312000", "171504.312000", "171504.312000", "171509.296000", "171509.312000", "171509.312000", "171509.312000", "171509.328000", "171514.296000", "171514.312000", "171514.312000", "171514.312000", "171519.296000", "171519.312000", "171519.312000", "171524.296000", "171524.312000", "171524.312000", "171524.312000", "171529.296000", "171529.312000", "171529.312000", "171529.328000", "171534.296000", "171534.312000", "171534.312000", "171534.312000", "171539.296000", "171539.312000", "171539.312000", "171544.296000", "171544.312000", "171544.312000", "171544.312000", "171544.312000", "171549.296000", "171549.312000", "171549.312000", "171549.312000", "171554.312000", "171554.312000", "171554.312000", "171559.296000", "171559.312000", "171559.312000", "171559.312000", "171604.296000", "171604.312000", "171604.312000", "171604.312000", "171609.296000", "171609.312000", "171609.312000", "171609.312000", "171614.296000", "171614.312000", "171614.312000", "171614.312000", "171619.296000", "171619.312000", "171619.312000", "171619.312000", "171624.296000", "171624.312000", "171624.312000", "171624.312000", "171629.296000", "171629.312000", "171629.312000", "171629.312000", "171634.296000", "171634.312000", "171634.312000", "171634.312000", "171639.296000", "171639.312000", "171639.312000", "171639.312000", "171644.296000", "171644.312000", "171644.312000", "171644.312000", "171649.296000", "171649.312000", "171649.312000", "171649.312000", "171654.296000", "171654.312000", "171654.312000", "171654.312000", "171659.296000", "171659.312000", "171659.312000", "171659.312000", "171704.296000", "171704.312000", "171704.312000", "171704.312000", "171709.296000", "171709.312000", "171709.312000", "171709.312000", "171714.296000", "171714.312000", "171714.312000", "171714.312000", "171719.296000", "171719.312000", "171719.312000", "171719.312000", "171724.296000", "171724.312000", "171724.312000", "171724.312000", "171724.312000", "171729.296000", "171729.312000", "171729.312000", "171729.312000", "171734.296000", "171734.312000", "171734.312000", "171734.312000", "171739.296000", "171739.312000", "171739.312000", "171739.312000", "171744.296000", "171744.312000", "171744.312000", "171744.312000", "171749.296000", "171749.312000", "171749.312000", "171749.312000", "171754.296000", "171754.312000", "171754.312000", "171754.312000", "171759.296000", "171759.312000", "171759.312000", "171759.312000", "171804.296000", "171804.312000", "171804.312000", "171804.312000", "171809.296000", "171809.312000", "171809.312000", "171809.312000", "171814.296000", "171814.312000", "171814.312000", "171814.312000", "171819.296000", "171819.312000", "171819.312000", "171819.312000", "171824.296000", "171824.312000", "171824.312000", "171824.312000", "171829.296000", "171829.312000", "171829.312000", "171829.312000", "171834.296000", "171834.312000", "171834.312000", "171834.312000", "171839.296000", "171839.312000", "171839.312000", "171839.312000", "171844.296000", "171844.312000", "171844.312000", "171844.328000", "171849.296000", "171849.312000", "171849.312000", "171849.312000", "171854.296000", "171854.312000", "171854.312000", "171854.312000", "171854.312000", "171859.296000", "171859.312000", "171859.312000", "171859.312000", "171904.296000", "171904.312000", "171904.312000", "171904.312000", "171909.296000", "171909.312000", "171909.312000", "171909.312000", "171914.296000", "171914.312000", "171914.312000", "171914.312000", "171919.296000", "171919.312000", "171919.312000", "171919.312000", "171924.296000", "171924.312000", "171924.312000", "171924.312000", "171929.296000", "171929.312000", "171929.312000", "171929.312000", "171934.296000", "171934.312000", "171934.312000", "171934.312000", "171939.296000", "171939.312000", "171939.312000", "171939.312000", "171944.296000", "171944.312000", "171944.312000", "171944.312000", "171949.296000", "171949.312000", "171949.312000", "171949.312000", "171954.296000", "171954.312000", "171954.312000", "171954.328000", "171954.328000", "171959.296000", "171959.312000", "171959.312000", "171959.312000", "172004.296000", "172004.312000", "172004.312000", "172004.312000", "172009.296000", "172009.312000", "172009.312000", "172009.312000", "172014.296000", "172014.312000", "172014.312000", "172014.312000", "172019.296000", "172019.312000", "172019.312000", "172019.312000", "172024.296000", "172024.312000", "172024.328000", "172024.328000", "172029.296000", "172029.312000", "172029.312000", "172029.312000", "172034.296000", "172034.312000", "172034.312000", "172034.312000", "172039.296000", "172039.312000", "172039.312000", "172044.296000", "172044.312000", "172044.312000", "172044.312000", "172049.296000", "172049.312000", "172049.312000", "172049.312000", "172049.312000", "172054.296000", "172054.312000", "172054.312000", "172054.312000", "172059.296000", "172059.312000", "172059.312000", "172059.312000", "172104.296000", "172104.312000", "172104.312000", "172104.312000", "172109.296000", "172109.312000", "172109.328000", "172109.343000", "172114.296000", "172114.312000", "172114.312000", "172114.312000", "172119.296000", "172119.312000", "172119.312000", "172119.312000", "172124.296000", "172124.312000", "172124.312000", "172124.312000", "172129.296000", "172129.312000", "172129.328000", "172129.328000", "172134.296000", "172134.312000", "172134.312000", "172134.328000", "172139.296000", "172139.312000", "172139.312000", "172139.312000", "172144.296000", "172144.312000", "172144.312000", "172144.312000", "172149.296000", "172149.312000", "172149.312000", "172149.312000", "172154.296000", "172154.312000", "172154.328000", "172154.328000", "172159.296000", "172159.312000", "172159.312000", "172159.312000", "172204.296000", "172204.312000", "172204.312000", "172204.312000", "172209.296000", "172209.312000", "172209.312000", "172209.312000", "172214.296000", "172214.312000", "172214.312000", "172214.312000", "172214.312000", "172219.296000", "172219.312000", "172219.312000", "172219.312000", "172224.296000", "172224.312000", "172224.312000", "172224.312000", "172224.312000", "172229.296000", "172229.312000", "172229.312000", "172229.312000", "172234.296000", "172234.312000", "172234.312000", "172234.312000", "172239.296000", "172239.312000", "172239.312000", "172239.312000", "172244.296000", "172244.312000", "172244.312000", "172244.312000", "172244.312000", "172249.296000", "172249.312000", "172249.312000", "172249.312000", "172254.296000", "172254.312000", "172254.312000", "172254.312000", "172254.312000", "172259.296000", "172259.312000", "172259.312000", "172259.312000", "172259.375000"], "InstanceNumber": [1, 2, 3, 4, 5, 6, 7, 8, 9, 10, 11, 12, 13, 14, 15, 16, 17, 18, 19, 20, 21, 22, 23, 24, 25, 26, 27, 28, 29, 30, 31, 32, 33, 34, 35, 36, 37, 38, 39, 40, 41, 42, 43, 44, 45, 46, 47, 48, 49, 50, 51, 52, 53, 54, 55, 56, 57, 58, 59, 60, 61, 62, 63, 64, 65, 66, 67, 68, 69, 70, 71, 72, 73, 74, 75, 76, 77, 78, 79, 80, 81, 82, 83, 84, 85, 86, 87, 88, 89, 90, 91, 92, 93, 94, 95, 96, 97, 98, 99, 100, 101, 102, 103, 104, 105, 106, 107, 108, 109, 110, 111, 112, 113, 114, 115, 116, 117, 118, 119, 120, 121, 122, 123, 124, 125, 126, 127, 128, 129, 130, 131, 132, 133, 134, 135, 136, 137, 138, 139, 140, 141, 142, 143, 144, 145, 146, 147, 148, 149, 150, 151, 152, 153, 154, 155, 156, 157, 158, 159, 160, 161, 162, 163, 164, 165, 166, 167, 168, 169, 170, 171, 172, 173, 174, 175, 176, 177, 178, 179, 180, 181, 182, 183, 184, 185, 186, 187, 188, 189, 190, 191, 192, 193, 194, 195, 196, 197, 198, 199, 200, 201, 202, 203, 204, 205, 206, 207, 208, 209, 210, 211, 212, 213, 214, 215, 216, 217, 218, 219, 220, 221, 222, 223, 224, 225, 226, 227, 228, 229, 230, 231, 232, 233, 234, 235, 236, 237, 238, 239, 240, 241, 242, 243, 244, 245, 246, 247, 248, 249, 250, 251, 252, 253, 254, 255, 256, 257, 258, 259, 260, 261, 262, 263, 264, 265, 266, 267, 268, 269, 270, 271, 272, 273, 274, 275, 276, 277, 278, 279, 280, 281, 282, 283, 284, 285, 286, 287, 288, 289, 290, 291, 292, 293, 294, 295, 296, 297, 298, 299, 300, 301, 302, 303, 304, 305, 306, 307, 308, 309, 310, 311, 312, 313, 314, 315, 316, 317, 318, 319, 320, 321, 322, 323, 324, 325, 326, 327, 328, 329, 330, 331, 332, 333, 334, 335, 336, 337, 338, 339, 340, 341, 342, 343, 344, 345, 346, 347, 348, 349, 350, 351, 352, 353, 354, 355, 356, 357, 358, 359, 360, 361, 362, 363, 364, 365, 366, 367, 368, 369, 370, 371, 372, 373, 374, 375, 376, 377, 378, 379, 380, 381, 382, 383, 384, 385, 386, 387, 388, 389, 390, 391, 392, 393, 394, 395, 396, 397, 398, 399, 400, 401, 402, 403, 404, 405, 406, 407, 408, 409, 410, 411, 412, 413, 414, 415, 416, 417, 418, 419, 420, 421, 422, 423, 424, 425, 426, 427, 428, 429, 430, 431, 432, 433, 434, 435, 436, 437, 438, 439, 440, 441, 442, 443, 444, 445, 446, 447, 448, 449, 450, 451, 452, 453, 454, 455, 456, 457, 458, 459, 460, 461, 462, 463, 464, 465, 466, 467, 468, 469, 470, 471, 472, 473, 474, 475, 476, 477, 478, 479, 480, 481, 482, 483, 484, 485, 486, 487, 488, 489, 490, 491, 492, 493, 494, 495, 496, 497, 498, 499, 500, 501, 502, 503, 504, 505, 506, 507, 508, 509, 510, 511, 512, 513, 514, 515, 516, 517, 518], "LargestImagePixelValue": [25897, 24337, 27046, 23303, 32545, 24485, 23819, 32162, 23581, 29567, 27941, 23675, 29702, 30687, 23562, 30416, 24059, 24985, 23914, 31482, 23990, 30168, 32183, 26709, 30027, 26326, 24021, 30010, 23975, 29076, 27305, 24134, 27199, 31515, 26079, 23997, 30830, 23875, 23908, 30202, 30069, 27423, 24081, 29619, 31847, 24105, 24804, 30074, 31681, 23805, 24752, 30306, 24534, 24041, 25223, 30317, 24838, 23989, 31382, 30975, 25165, 24159, 30898, 30538, 23705, 30391, 27124, 24272, 27903, 23875, 32263, 23856, 30928, 33940, 32053, 23570, 28452, 30519, 23839, 24679, 30437, 26504, 24007, 25696, 29823, 32764, 24424, 27160, 28043, 32848, 32810, 23816, 26061, 31232, 24942, 23846, 28268, 33691, 26590, 23971, 26518, 32497, 25425, 24103, 31583, 32361, 23870, 25727, 32417, 24277, 23739, 32357, 23861, 24876, 28084, 32265, 24394, 23811, 31813, 24080, 23970, 29842, 32862, 24059, 26944, 26672, 23759, 27806, 31220, 26687, 23858, 31788, 23796, 23825, 29639, 32032, 26212, 23595, 30449, 24514, 23795, 29469, 31550, 26060, 23913, 23862, 28268, 32753, 26375, 23512, 28558, 32513, 23953, 27256, 23802, 27971, 31684, 28893, 24066, 32131, 30699, 32641, 26273, 27118, 31059, 24163, 24195, 31397, 23911, 23909, 33353, 31255, 23847, 28695, 28571, 24113, 30349, 23795, 23839, 29309, 30212, 24118, 30108, 25742, 24017, 28480, 33290, 23775, 28127, 28408, 24044, 28219, 31227, 23960, 25900, 31253, 27476, 23633, 27410, 31229, 25898, 24129, 28332, 29246, 23817, 25978, 31368, 31760, 24209, 26712, 29537, 23889, 27966, 31091, 25854, 25520, 29023, 31921, 23665, 26224, 31771, 23962, 26353, 29003, 24017, 30807, 23952, 27193, 31190, 25599, 26237, 26225, 27318, 25047, 24770, 30636, 30390, 24208, 30659, 23926, 30588, 23913, 27698, 29016, 23819, 31701, 26205, 23939, 29634, 29078, 24134, 30859, 23961, 23892, 29114, 32103, 24558, 24384, 25868, 23994, 32006, 26484, 24009, 28934, 31965, 25288, 30361, 23970, 27040, 32383, 24341, 27418, 29610, 23740, 29618, 31803, 24006, 28800, 23785, 24981, 31252, 24156, 24160, 31305, 23910, 30649, 24010, 28238, 32697, 26635, 28962, 23835, 27790, 28245, 24171, 30126, 24182, 30950, 23816, 25723, 31890, 26872, 30467, 23790, 23557, 30464, 33249, 29431, 23502, 31294, 23584, 26694, 28045, 24017, 31252, 23947, 25600, 32799, 24631, 25660, 32610, 31200, 24081, 30348, 23569, 23679, 29992, 32001, 25808, 24052, 30770, 27384, 23648, 28895, 30300, 25484, 23742, 26883, 31374, 24247, 25986, 23880, 28570, 30111, 31560, 25547, 25485, 30186, 23987, 25816, 31822, 24109, 29547, 24045, 25726, 32165, 32788, 24991, 29245, 23929, 25498, 27622, 24017, 30941, 24206, 29426, 30901, 24146, 30546, 25638, 25545, 27853, 24201, 30085, 24084, 24303, 24063, 23782, 31684, 25059, 24974, 30054, 24063, 31634, 24273, 27716, 32689, 25245, 29252, 23967, 28976, 27452, 24147, 28673, 32997, 27115, 26916, 33093, 24042, 26041, 31629, 24347, 24025, 31990, 23937, 26928, 32421, 26760, 24160, 27477, 30761, 24101, 26577, 31557, 24428, 24006, 31785, 24136, 24068, 32257, 26176, 23811, 27394, 31441, 25818, 24235, 31252, 24275, 24650, 31445, 26310, 24173, 30520, 24501, 24415, 29754, 27542, 24164, 30567, 24170, 23986, 28171, 32064, 25108, 24196, 30635, 24015, 23932, 31670, 30718, 28093, 24325, 26542, 27001, 23972, 27555, 30754, 31127, 27963, 25021, 28856, 32262, 24225, 27154, 30063, 31606, 28243, 25241, 29445, 29905, 24090, 27903, 32303, 25593, 24096, 31200, 24193, 27753, 30220, 28583, 24177, 27904, 31216, 30522, 24109, 28942, 31838, 25108, 24439, 30052, 26648, 24244, 26298, 32237, 28229, 24843, 23918, 25064, 29222, 26970, 30226, 34549, 24728, 24028, 30851, 33213, 25967, 24420, 30896, 24228, 26046, 30348, 31779, 32586, 24867, 26411, 32472, 35069], "WindowCenter": [9670.0, 9655.0, 9683.0, 9658.0, 9708.0, 9669.0, 9650.0, 9683.0, 9674.0, 9680.0, 9677.0, 9663.0, 9689.0, 9688.0, 9646.0, 9690.0, 9657.0, 9661.0, 9679.0, 9716.0, 9688.0, 9695.0, 9696.0, 9649.0, 9670.0, 9643.0, 9665.0, 9686.0, 9658.0, 9693.0, 9695.0, 9656.0, 9666.0, 9689.0, 9649.0, 9652.0, 9692.0, 9662.0, 9667.0, 9706.0, 9685.0, 9674.0, 9662.0, 9676.0, 9677.0, 9643.0, 9655.0, 9667.0, 9679.0, 9654.0, 9650.0, 9665.0, 9650.0, 9646.0, 9659.0, 9687.0, 9665.0, 9667.0, 9695.0, 9692.0, 9687.0, 9663.0, 9688.0, 9690.0, 9649.0, 9682.0, 9667.0, 9676.0, 9680.0, 9698.0, 9735.0, 9683.0, 9674.0, 9654.0, 9668.0, 9624.0, 9657.0, 9657.0, 9660.0, 9661.0, 9681.0, 9685.0, 9658.0, 9668.0, 9692.0, 9704.0, 9653.0, 9670.0, 9660.0, 9671.0, 9678.0, 9649.0, 9667.0, 9691.0, 9668.0, 9646.0, 9667.0, 9686.0, 9673.0, 9626.0, 9664.0, 9690.0, 9650.0, 9663.0, 9674.0, 9685.0, 9645.0, 9629.0, 9669.0, 9659.0, 9635.0, 9688.0, 9665.0, 9647.0, 9657.0, 9673.0, 9643.0, 9642.0, 9659.0, 9631.0, 9645.0, 9667.0, 9686.0, 9633.0, 9653.0, 9662.0, 9654.0, 9658.0, 9694.0, 9650.0, 9658.0, 9670.0, 9639.0, 9662.0, 9667.0, 9669.0, 9647.0, 9651.0, 9667.0, 9636.0, 9650.0, 9667.0, 9678.0, 9640.0, 9658.0, 9676.0, 9699.0, 9681.0, 9642.0, 9634.0, 9654.0, 9654.0, 9627.0, 9640.0, 9668.0, 9687.0, 9711.0, 9679.0, 9651.0, 9668.0, 9647.0, 9645.0, 9642.0, 9652.0, 9649.0, 9629.0, 9623.0, 9654.0, 9627.0, 9622.0, 9645.0, 9649.0, 9603.0, 9638.0, 9660.0, 9627.0, 9646.0, 9620.0, 9613.0, 9636.0, 9631.0, 9625.0, 9652.0, 9637.0, 9633.0, 9641.0, 9651.0, 9628.0, 9661.0, 9657.0, 9638.0, 9639.0, 9680.0, 9645.0, 9649.0, 9683.0, 9659.0, 9636.0, 9666.0, 9680.0, 9651.0, 9647.0, 9675.0, 9680.0, 9642.0, 9648.0, 9690.0, 9679.0, 9646.0, 9659.0, 9662.0, 9664.0, 9685.0, 9688.0, 9658.0, 9646.0, 9643.0, 9664.0, 9623.0, 9651.0, 9656.0, 9622.0, 9641.0, 9662.0, 9658.0, 9680.0, 9655.0, 9676.0, 9671.0, 9649.0, 9667.0, 9645.0, 9676.0, 9652.0, 9646.0, 9658.0, 9650.0, 9632.0, 9656.0, 9650.0, 9682.0, 9630.0, 9645.0, 9678.0, 9633.0, 9659.0, 9627.0, 9613.0, 9629.0, 9646.0, 9635.0, 9669.0, 9636.0, 9631.0, 9654.0, 9657.0, 9628.0, 9654.0, 9659.0, 9657.0, 9668.0, 9658.0, 9645.0, 9658.0, 9663.0, 9630.0, 9683.0, 9644.0, 9654.0, 9656.0, 9619.0, 9641.0, 9649.0, 9627.0, 9652.0, 9674.0, 9622.0, 9639.0, 9618.0, 9642.0, 9652.0, 9635.0, 9621.0, 9659.0, 9637.0, 9679.0, 9646.0, 9665.0, 9675.0, 9642.0, 9644.0, 9651.0, 9654.0, 9644.0, 9646.0, 9672.0, 9642.0, 9652.0, 9619.0, 9638.0, 9659.0, 9650.0, 9667.0, 9656.0, 9631.0, 9649.0, 9633.0, 9605.0, 9578.0, 9623.0, 9607.0, 9620.0, 9631.0, 9626.0, 9674.0, 9620.0, 9638.0, 9670.0, 9630.0, 9627.0, 9639.0, 9642.0, 9604.0, 9634.0, 9614.0, 9610.0, 9657.0, 9634.0, 9632.0, 9625.0, 9672.0, 9637.0, 9626.0, 9649.0, 9649.0, 9614.0, 9625.0, 9617.0, 9663.0, 9651.0, 9672.0, 9648.0, 9666.0, 9657.0, 9652.0, 9626.0, 9623.0, 9658.0, 9623.0, 9616.0, 9648.0, 9633.0, 9650.0, 9638.0, 9653.0, 9664.0, 9656.0, 9640.0, 9654.0, 9652.0, 9646.0, 9665.0, 9623.0, 9656.0, 9645.0, 9666.0, 9652.0, 9623.0, 9635.0, 9621.0, 9627.0, 9629.0, 9628.0, 9639.0, 9635.0, 9602.0, 9625.0, 9645.0, 9671.0, 9626.0, 9617.0, 9635.0, 9625.0, 9663.0, 9622.0, 9633.0, 9645.0, 9621.0, 9633.0, 9638.0, 9663.0, 9649.0, 9620.0, 9648.0, 9653.0, 9623.0, 9610.0, 9635.0, 9608.0, 9613.0, 9643.0, 9621.0, 9620.0, 9659.0, 9630.0, 9638.0, 9663.0, 9631.0, 9611.0, 9639.0, 9664.0, 9633.0, 9647.0, 9640.0, 9635.0, 9623.0, 9648.0, 9625.0, 9618.0, 9656.0, 9641.0, 9601.0, 9639.0, 9637.0, 9622.0, 9625.0, 9668.0, 9639.0, 9614.0, 9675.0, 9633.0, 9636.0, 9657.0, 9615.0, 9617.0, 9629.0, 9621.0, 9604.0, 9660.0, 9630.0, 9608.0, 9616.0, 9628.0, 9610.0, 9606.0, 9640.0, 9615.0, 9628.0, 9653.0, 9636.0, 9607.0, 9603.0, 9635.0, 9638.0, 9636.0, 9668.0, 9662.0, 9649.0, 9641.0, 9608.0, 9647.0, 9666.0, 9628.0, 9630.0, 9636.0, 9631.0, 9611.0, 9602.0, 9625.0, 9629.0, 9600.0, 9627.0, 9632.0, 9600.0, 9620.0, 9645.0, 9634.0, 9656.0, 9649.0, 9647.0, 9622.0, 9623.0, 9636.0, 9644.0, 9618.0, 9631.0, 9646.0, 9600.0, 9613.0, 9646.0, 9612.0, 9595.0, 9595.0, 9629.0, 9607.0, 9642.0, 9631.0, 9658.0, 9642.0, 9644.0, 9633.0, 9645.0, 9598.0, 9576.0, 9598.0, 9608.0, 9578.0, 9583.0, 9628.0, 9630.0, 9636.0, 9652.0, 9639.0, 9647.0, 9598.0, 9611.0, 9632.0, 9636.0], "WindowWidth": [20448.0, 20409.0, 20454.0, 20412.0, 20501.0, 20425.0, 20390.0, 20453.0, 20438.0, 20447.0, 20441.0, 20414.0, 20459.0, 20460.0, 20381.0, 20463.0, 20404.0, 20413.0, 20453.0, 20520.0, 20470.0, 20477.0, 20472.0, 20382.0, 20420.0, 20371.0, 20411.0, 20456.0, 20410.0, 20477.0, 20478.0, 20405.0, 20417.0, 20459.0, 20390.0, 20400.0, 20468.0, 20418.0, 20429.0, 20499.0, 20459.0, 20436.0, 20412.0, 20431.0, 20435.0, 20374.0, 20393.0, 20414.0, 20442.0, 20395.0, 20386.0, 20413.0, 20387.0, 20379.0, 20401.0, 20457.0, 20420.0, 20425.0, 20478.0, 20473.0, 20462.0, 20417.0, 20463.0, 20467.0, 20388.0, 20450.0, 20420.0, 20442.0, 20448.0, 20492.0, 20554.0, 20456.0, 20433.0, 20387.0, 20408.0, 20329.0, 20390.0, 20396.0, 20404.0, 20410.0, 20449.0, 20457.0, 20409.0, 20425.0, 20470.0, 20491.0, 20398.0, 20425.0, 20403.0, 20425.0, 20438.0, 20386.0, 20422.0, 20468.0, 20425.0, 20387.0, 20418.0, 20453.0, 20429.0, 20343.0, 20410.0, 20461.0, 20391.0, 20413.0, 20428.0, 20450.0, 20374.0, 20343.0, 20417.0, 20409.0, 20361.0, 20459.0, 20420.0, 20385.0, 20401.0, 20432.0, 20379.0, 20371.0, 20404.0, 20352.0, 20376.0, 20413.0, 20451.0, 20359.0, 20390.0, 20408.0, 20396.0, 20402.0, 20465.0, 20384.0, 20403.0, 20422.0, 20368.0, 20408.0, 20415.0, 20415.0, 20375.0, 20388.0, 20410.0, 20356.0, 20385.0, 20414.0, 20431.0, 20376.0, 20405.0, 20443.0, 20485.0, 20444.0, 20364.0, 20349.0, 20383.0, 20383.0, 20338.0, 20361.0, 20422.0, 20462.0, 20502.0, 20439.0, 20387.0, 20414.0, 20374.0, 20364.0, 20357.0, 20378.0, 20375.0, 20336.0, 20326.0, 20379.0, 20329.0, 20319.0, 20359.0, 20367.0, 20283.0, 20346.0, 20392.0, 20333.0, 20360.0, 20315.0, 20302.0, 20342.0, 20337.0, 20330.0, 20380.0, 20354.0, 20342.0, 20360.0, 20377.0, 20334.0, 20397.0, 20390.0, 20359.0, 20360.0, 20435.0, 20376.0, 20382.0, 20444.0, 20397.0, 20355.0, 20409.0, 20435.0, 20383.0, 20379.0, 20437.0, 20441.0, 20370.0, 20381.0, 20456.0, 20435.0, 20380.0, 20403.0, 20409.0, 20415.0, 20452.0, 20454.0, 20397.0, 20375.0, 20366.0, 20401.0, 20328.0, 20378.0, 20388.0, 20327.0, 20363.0, 20410.0, 20402.0, 20440.0, 20396.0, 20433.0, 20419.0, 20378.0, 20414.0, 20373.0, 20433.0, 20393.0, 20378.0, 20393.0, 20380.0, 20349.0, 20391.0, 20379.0, 20438.0, 20342.0, 20369.0, 20433.0, 20347.0, 20392.0, 20335.0, 20305.0, 20332.0, 20365.0, 20355.0, 20412.0, 20353.0, 20343.0, 20383.0, 20387.0, 20337.0, 20394.0, 20405.0, 20399.0, 20417.0, 20396.0, 20369.0, 20392.0, 20406.0, 20342.0, 20439.0, 20372.0, 20386.0, 20386.0, 20324.0, 20358.0, 20373.0, 20335.0, 20379.0, 20416.0, 20326.0, 20353.0, 20320.0, 20365.0, 20383.0, 20350.0, 20328.0, 20395.0, 20358.0, 20437.0, 20377.0, 20405.0, 20426.0, 20366.0, 20365.0, 20383.0, 20387.0, 20368.0, 20369.0, 20417.0, 20364.0, 20377.0, 20317.0, 20353.0, 20403.0, 20373.0, 20408.0, 20392.0, 20343.0, 20366.0, 20334.0, 20271.0, 20223.0, 20310.0, 20284.0, 20308.0, 20333.0, 20328.0, 20422.0, 20321.0, 20347.0, 20405.0, 20335.0, 20326.0, 20345.0, 20355.0, 20291.0, 20338.0, 20305.0, 20299.0, 20379.0, 20339.0, 20335.0, 20324.0, 20418.0, 20347.0, 20324.0, 20364.0, 20364.0, 20301.0, 20326.0, 20314.0, 20401.0, 20384.0, 20429.0, 20386.0, 20408.0, 20385.0, 20375.0, 20329.0, 20320.0, 20385.0, 20326.0, 20309.0, 20369.0, 20352.0, 20380.0, 20361.0, 20388.0, 20404.0, 20389.0, 20360.0, 20386.0, 20380.0, 20369.0, 20406.0, 20331.0, 20392.0, 20371.0, 20407.0, 20381.0, 20323.0, 20344.0, 20317.0, 20327.0, 20334.0, 20333.0, 20351.0, 20347.0, 20288.0, 20330.0, 20368.0, 20415.0, 20330.0, 20314.0, 20346.0, 20331.0, 20400.0, 20324.0, 20337.0, 20360.0, 20321.0, 20336.0, 20349.0, 20399.0, 20373.0, 20317.0, 20364.0, 20374.0, 20319.0, 20290.0, 20335.0, 20286.0, 20295.0, 20349.0, 20316.0, 20319.0, 20388.0, 20338.0, 20352.0, 20396.0, 20335.0, 20299.0, 20349.0, 20401.0, 20340.0, 20364.0, 20354.0, 20344.0, 20320.0, 20366.0, 20331.0, 20316.0, 20383.0, 20355.0, 20281.0, 20344.0, 20345.0, 20319.0, 20324.0, 20407.0, 20357.0, 20309.0, 20419.0, 20344.0, 20346.0, 20386.0, 20310.0, 20308.0, 20327.0, 20317.0, 20285.0, 20388.0, 20336.0, 20292.0, 20303.0, 20325.0, 20294.0, 20291.0, 20354.0, 20307.0, 20330.0, 20372.0, 20340.0, 20286.0, 20283.0, 20351.0, 20356.0, 20353.0, 20410.0, 20396.0, 20371.0, 20353.0, 20299.0, 20365.0, 20400.0, 20332.0, 20334.0, 20341.0, 20330.0, 20293.0, 20281.0, 20319.0, 20323.0, 20271.0, 20322.0, 20333.0, 20275.0, 20316.0, 20365.0, 20345.0, 20388.0, 20375.0, 20365.0, 20319.0, 20324.0, 20343.0, 20355.0, 20309.0, 20331.0, 20359.0, 20276.0, 20302.0, 20360.0, 20295.0, 20263.0, 20261.0, 20323.0, 20289.0, 20373.0, 20345.0, 20395.0, 20362.0, 20364.0, 20332.0, 20352.0, 20261.0, 20217.0, 20255.0, 20275.0, 20227.0, 20235.0, 20321.0, 20338.0, 20351.0, 20378.0, 20353.0, 20366.0, 20274.0, 20290.0, 20328.0, 20335.0]}, "slices": {}}}