{
	"Modality": "MR",
	"MagneticFieldStrength": 3,
	"ImagingFrequency": 127.679,
	"Manufacturer": "GE",
	"InternalPulseSequenceName": "EPI2",
	"ManufacturersModelName": "DISCOVERY MR750",
	"InstitutionName": "CNI",
	"DeviceSerialNumber": "00000650723PSYMR",
	"StationName": "MRIPSMR",
	"PatientPosition": "HFS",
	"SoftwareVersions": "24\\LX\\MR Software release:DV24.0_R01_1344.a",
	"MRAcquisitionType": "2D",
	"SeriesDescription": "DTI pe0 g81 mux3 1.7mm",
	"ProtocolName": "HCP Lifespan 2015.05.01",
	"ScanningSequence": "EP\\RM",
	"SequenceVariant": "NONE",
	"ScanOptions": "EDR_GEMS\\EPI_GEMS\\PFF",
	"PulseSequenceName": "muxarcepi2_dev",
	"ImageType": ["ORIGINAL", "PRIMARY", "OTHER"],
	"SeriesNumber": 8,
	"AcquisitionTime": "11:37:54.000000",
	"AcquisitionNumber": 1,
	"SliceThickness": 1.7,
	"SpacingBetweenSlices": 1.7,
	"SAR": 1.80988,
	"EchoTime": 0.0807,
	"RepetitionTime": 3.65,
	"FlipAngle": 77,
	"PhaseEncodingPolarityGE": "Flipped",
	"ShimSetting": [
		0,
		3,
		-33	],
	"PrescanReuseString": "TG/s1",
	"CoilString": "RM:Nova32ch",
	"PercentPhaseFOV": 100,
	"PercentSampling": 100,
	"AcquisitionMatrixPE": 130,
	"ReconMatrixPE": 130,
	"EffectiveEchoSpacing": 0.000763659,
	"TotalReadoutTime": 0.098512,
	"PixelBandwidth": 1923.08,
	"PhaseEncodingDirection": "j",
	"ImageOrientationPatientDICOM": [
		1,
		-0,
		0,
		-0,
		1,
		0	],
	"InPlanePhaseEncodingDirectionDICOM": "COL",
	"ConversionSoftware": "dcm2niix",
	"ConversionSoftwareVersion": "v1.0.20220720"
}
