{"AcquisitionMatrixPE": 256, "AcquisitionNumber": 1, "AcquisitionTime": "12:06:31.695000", "BaseResolution": 256, "BodyPartExamined": "BRAIN", "ConsistencyInfo": "N4_VD11D_LATEST_20110129", "ConversionSoftware": "dcm2niix", "ConversionSoftwareVersion": "v1.0.20210317", "DeviceSerialNumber": "45239", "DwellTime": 7.3e-06, "EchoTime": 0.00182, "FlipAngle": 8, "ImageOrientationPatientDICOM": [0.999375, -0.00905309, 0.034161, 0.00793629, 0.999434, 0.0326874], "ImageType": ["ORIGINAL", "PRIMARY", "M", "ND", "NORM"], "ImagingFrequency": 123.193, "InPlanePhaseEncodingDirectionDICOM": "COL", "InstitutionAddress": "E 24th St. 100,Austin,Southmiddle,US,78712", "InstitutionName": "Univ of Texas at Austin", "InstitutionalDepartmentName": "IRC", "InversionTime": 1, "MRAcquisitionType": "3D", "MagneticFieldStrength": 3, "Manufacturer": "Siemens", "ManufacturersModelName": "Skyra", "Modality": "MR", "ParallelReductionFactorInPlane": 2, "PartialFourier": 1, "PatientPosition": "HFS", "PercentPhaseFOV": 100, "PercentSampling": 100, "PhaseEncodingSteps": 282, "PhaseOversampling": 0.1, "PhaseResolution": 1, "PixelBandwidth": 270, "ProcedureStepDescription": "Poldrack2^self-scanning", "ProtocolName": "T1w_MPR1_PMC", "PulseSequenceDetails": "%SiemensSeq%\\tfl", "ReceiveCoilActiveElements": "HEA;HEP;SP1", "ReceiveCoilName": "Head_32", "ReconMatrixPE": 256, "RefLinesPE": 32, "RepetitionTime": 2.4, "SAR": 0.0579886, "ScanOptions": "IR\\WE", "ScanningSequence": "GR\\IR", "SequenceName": "*tfl3d1_16ns", "SequenceVariant": "SK\\SP\\MP\\OSP", "SeriesDescription": "T1w_MPR1_PMC", "SeriesNumber": 5, "ShimSetting": [-2774, 7988, -15555, 145, -174, -166, 147, -27], "SliceThickness": 1, "SoftwareVersions": "syngo MR D11", "StationName": "AWP45239", "TxRefAmp": 335.949, "dcmmeta_affine": [[0.9993753433227539, 0.007936287671327591, 0.03443758934736252, -130.4930877685547], [-0.00905308872461319, 0.9994341135025024, 0.03239589184522629, -153.53445434570312], [-0.03416099771857262, -0.03268742188811302, 0.9988816380500793, -141.64239501953125], [0.0, 0.0, 0.0, 1.0]], "dcmmeta_reorient_transform": [[0.0, -1.0, 0.0, 255.0], [-1.0, 0.0, 0.0, 255.0], [0.0, 0.0, -1.0, 255.0], [0.0, 0.0, 0.0, 1.0]], "dcmmeta_shape": [256, 256, 256], "dcmmeta_slice_dim": 2, "dcmmeta_version": 0.6, "global": {"const": {"AcquisitionMatrix": [256, 0, 0, 256], "AcquisitionNumber": 1, "AcquisitionTime": "120631.695000", "AngioFlag": "N", "BitsAllocated": 16, "BitsStored": 12, "BodyPartExamined": "BRAIN", "Columns": 256, "EchoNumbers": 1, "EchoTime": 1.82, "EchoTrainLength": 1, "FlipAngle": 8.0, "HighBit": 11, "ImageOrientationPatient": [0.99937533883477, -0.0090530884626, 0.03416099703134, 0.00793628806979, 0.99943411383085, 0.03268742025322], "ImageType": ["ORIGINAL", "PRIMARY", "M", "ND", "NORM"], "ImagedNucleus": "1H", "ImagingFrequency": 123.193326, "InPlanePhaseEncodingDirection": "COL", "InversionTime": 1000.0, "MRAcquisitionType": "3D", "MagneticFieldStrength": 3.0, "Manufacturer": "SIEMENS", "ManufacturerModelName": "Skyra", "Modality": "MR", "NumberOfAverages": 1.0, "NumberOfPhaseEncodingSteps": 282, "PercentPhaseFieldOfView": 100.0, "PercentSampling": 100.0, "PerformedProcedureStepStartTime": "120306.218000", "PhotometricInterpretation": "MONOCHROME2", "PixelBandwidth": 270.0, "PixelRepresentation": 0, "PixelSpacing": [1.0, 1.0], "ProtocolName": "T1w_MPR1_PMC", "RepetitionTime": 2400.0, "Rows": 256, "SAR": 0.05798864674535, "SamplesPerPixel": 1, "ScanOptions": ["IR", "WE"], "ScanningSequence": ["GR", "IR"], "SequenceName": "*tfl3d1_16ns", "SequenceVariant": ["SK", "SP", "MP", "OSP"], "SeriesDescription": "T1w_MPR1_PMC", "SeriesNumber": 5, "SeriesTime": "121253.562000", "SliceThickness": 1.0, "SmallestImagePixelValue": 0, "SoftwareVersions": "syngo MR D11", "SpecificCharacterSet": "ISO_IR 100", "StudyID": "1", "StudyTime": "120306.171000", "TransmitCoilName": "Body", "VariableFlipAngleFlag": "N", "WindowCenterWidthExplanation": "Algo1", "dBdt": 0.0}, "slices": {"ContentTime": ["121253.562000", "121253.562000", "121253.562000", "121253.562000", "121253.562000", "121253.562000", "121253.578000", "121253.578000", "121253.578000", "121253.578000", "121253.578000", "121253.578000", "121253.593000", "121253.593000", "121253.593000", "121253.593000", "121253.593000", "121253.593000", "121253.593000", "121253.593000", "121253.593000", "121253.609000", "121253.609000", "121253.609000", "121253.609000", "121253.609000", "121253.609000", "121253.609000", "121253.609000", "121253.609000", "121253.625000", "121253.625000", "121253.625000", "121253.625000", "121253.625000", "121253.625000", "121253.625000", "121253.625000", "121253.640000", "121253.640000", "121253.640000", "121253.640000", "121253.640000", "121253.640000", "121253.640000", "121253.640000", "121253.656000", "121253.656000", "121253.656000", "121253.656000", "121253.656000", "121253.656000", "121253.656000", "121253.656000", "121253.671000", "121253.671000", "121253.671000", "121253.671000", "121253.671000", "121253.671000", "121253.671000", "121253.687000", "121253.687000", "121253.687000", "121253.687000", "121253.687000", "121253.687000", "121253.687000", "121253.687000", "121253.703000", "121253.703000", "121253.703000", "121253.703000", "121253.703000", "121253.703000", "121302.609000", "121302.609000", "121302.609000", "121302.609000", "121302.609000", "121302.609000", "121302.609000", "121302.609000", "121302.609000", "121302.625000", "121302.625000", "121302.625000", "121302.625000", "121302.625000", "121302.625000", "121302.625000", "121302.625000", "121302.640000", "121302.640000", "121302.640000", "121302.640000", "121302.640000", "121302.640000", "121302.640000", "121302.640000", "121302.656000", "121302.656000", "121302.656000", "121302.656000", "121302.671000", "121302.671000", "121302.671000", "121302.671000", "121302.671000", "121302.671000", "121302.671000", "121302.671000", "121302.687000", "121302.687000", "121302.687000", "121302.687000", "121302.687000", "121302.687000", "121302.687000", "121302.687000", "121302.703000", "121302.703000", "121302.703000", "121302.703000", "121302.703000", "121302.703000", "121302.703000", "121302.718000", "121302.718000", "121302.718000", "121302.734000", "121302.734000", "121302.734000", "121302.734000", "121302.734000", "121302.734000", "121302.734000", "121302.750000", "121302.750000", "121302.750000", "121302.750000", "121302.750000", "121302.750000", "121302.765000", "121302.765000", "121302.765000", "121302.765000", "121302.781000", "121302.781000", "121302.781000", "121302.781000", "121302.781000", "121302.796000", "121302.796000", "121302.796000", "121302.796000", "121302.796000", "121302.796000", "121302.796000", "121302.796000", "121302.812000", "121302.812000", "121302.812000", "121302.812000", "121302.812000", "121302.828000", "121302.828000", "121302.828000", "121302.828000", "121302.828000", "121302.828000", "121302.828000", "121302.828000", "121302.843000", "121302.843000", "121302.843000", "121302.843000", "121302.843000", "121302.859000", "121302.859000", "121302.859000", "121302.859000", "121302.859000", "121302.875000", "121302.875000", "121302.875000", "121302.875000", "121302.875000", "121302.875000", "121302.875000", "121302.875000", "121302.890000", "121302.890000", "121302.890000", "121302.890000", "121302.890000", "121302.890000", "121302.890000", "121302.906000", "121302.906000", "121302.906000", "121302.906000", "121302.906000", "121302.906000", "121302.906000", "121302.921000", "121302.921000", "121302.921000", "121302.921000", "121302.921000", "121302.921000", "121302.937000", "121302.937000", "121302.937000", "121302.937000", "121302.937000", "121302.937000", "121302.953000", "121302.953000", "121302.953000", "121302.953000", "121302.953000", "121302.953000", "121302.968000", "121302.968000", "121302.968000", "121302.968000", "121302.968000", "121302.968000", "121302.968000", "121302.968000", "121302.968000", "121302.984000", "121302.984000", "121302.984000", "121302.984000", "121302.984000", "121302.984000", "121302.984000", "121302.984000", "121303.000000", "121303.000000", "121303.000000", "121303.000000", "121303.000000", "121303.000000", "121303.000000", "121303.000000", "121303.015000", "121303.015000", "121303.015000", "121303.015000", "121303.015000", "121303.015000", "121303.015000", "121303.015000"], "CsaImage.Actual3DImaPartNumber": [0, 1, 2, 3, 4, 5, 6, 7, 8, 9, 10, 11, 12, 13, 14, 15, 16, 17, 18, 19, 20, 21, 22, 23, 24, 25, 26, 27, 28, 29, 30, 31, 32, 33, 34, 35, 36, 37, 38, 39, 40, 41, 42, 43, 44, 45, 46, 47, 48, 49, 50, 51, 52, 53, 54, 55, 56, 57, 58, 59, 60, 61, 62, 63, 64, 65, 66, 67, 68, 69, 70, 71, 72, 73, 74, 75, 76, 77, 78, 79, 80, 81, 82, 83, 84, 85, 86, 87, 88, 89, 90, 91, 92, 93, 94, 95, 96, 97, 98, 99, 100, 101, 102, 103, 104, 105, 106, 107, 108, 109, 110, 111, 112, 113, 114, 115, 116, 117, 118, 119, 120, 121, 122, 123, 124, 125, 126, 127, 128, 129, 130, 131, 132, 133, 134, 135, 136, 137, 138, 139, 140, 141, 142, 143, 144, 145, 146, 147, 148, 149, 150, 151, 152, 153, 154, 155, 156, 157, 158, 159, 160, 161, 162, 163, 164, 165, 166, 167, 168, 169, 170, 171, 172, 173, 174, 175, 176, 177, 178, 179, 180, 181, 182, 183, 184, 185, 186, 187, 188, 189, 190, 191, 192, 193, 194, 195, 196, 197, 198, 199, 200, 201, 202, 203, 204, 205, 206, 207, 208, 209, 210, 211, 212, 213, 214, 215, 216, 217, 218, 219, 220, 221, 222, 223, 224, 225, 226, 227, 228, 229, 230, 231, 232, 233, 234, 235, 236, 237, 238, 239, 240, 241, 242, 243, 244, 245, 246, 247, 248, 249, 250, 251, 252, 253, 254, 255], "CsaImage.GSWDDataType": ["predicted", "measured", "measured", "measured", "measured", "measured", "measured", "measured", "measured", "measured", "measured", "measured", "measured", "measured", "measured", "measured", "measured", "measured", "measured", "measured", "measured", "measured", "measured", "measured", "measured", "measured", "measured", "measured", "measured", "measured", "measured", "measured", "measured", "measured", "measured", "measured", "measured", "measured", "measured", "measured", "measured", "measured", "measured", "measured", "measured", "measured", "measured", "measured", "measured", "measured", "measured", "measured", "measured", "measured", "measured", "measured", "measured", "measured", "measured", "measured", "measured", "measured", "measured", "measured", "measured", "measured", "measured", "measured", "measured", "measured", "measured", "measured", "measured", "measured", "measured", "measured", "measured", "measured", "measured", "measured", "measured", "measured", "measured", "measured", "measured", "measured", "measured", "measured", "measured", "measured", "measured", "measured", "measured", "measured", "measured", "measured", "measured", "measured", "measured", "measured", "measured", "measured", "measured", "measured", "measured", "measured", "measured", "measured", "measured", "measured", "measured", "measured", "measured", "measured", "measured", "measured", "measured", "measured", "measured", "measured", "measured", "measured", "measured", "measured", "measured", "measured", "measured", "measured", "measured", "measured", "measured", "measured", "measured", "measured", "measured", "measured", "measured", "measured", "measured", "measured", "measured", "measured", "measured", "measured", "measured", "measured", "measured", "measured", "measured", "measured", "measured", "measured", "measured", "measured", "measured", "measured", "measured", "measured", "measured", "measured", "measured", "measured", "measured", "measured", "measured", "measured", "measured", "measured", "measured", "measured", "measured", "measured", "measured", "measured", "measured", "measured", "measured", "measured", "measured", "measured", "measured", "measured", "measured", "measured", "measured", "measured", "measured", "measured", "measured", "measured", "measured", "measured", "measured", "measured", "measured", "measured", "measured", "measured", "measured", "measured", "measured", "measured", "measured", "measured", "measured", "measured", "measured", "measured", "measured", "measured", "measured", "measured", "measured", "measured", "measured", "measured", "measured", "measured", "measured", "measured", "measured", "measured", "measured", "measured", "measured", "measured", "measured", "measured", "measured", "measured", "measured", "measured", "measured", "measured", "measured", "measured", "measured", "measured", "measured", "measured", "measured", "measured", "measured", "measured", "measured", "measured", "measured", "measured", "measured", "measured", "measured", "measured", "measured", "measured", "measured", "measured"], "CsaImage.ICE_Dims": ["X_1_1_1_1_1_1_1_1_1_1_1_358", "X_1_1_1_1_1_2_1_1_1_1_1_358", "X_1_1_1_1_1_3_1_1_1_1_1_358", "X_1_1_1_1_1_4_1_1_1_1_1_358", "X_1_1_1_1_1_5_1_1_1_1_1_358", "X_1_1_1_1_1_6_1_1_1_1_1_358", "X_1_1_1_1_1_7_1_1_1_1_1_358", "X_1_1_1_1_1_8_1_1_1_1_1_358", "X_1_1_1_1_1_9_1_1_1_1_1_358", "X_1_1_1_1_1_10_1_1_1_1_1_358", "X_1_1_1_1_1_11_1_1_1_1_1_358", "X_1_1_1_1_1_12_1_1_1_1_1_358", "X_1_1_1_1_1_13_1_1_1_1_1_358", "X_1_1_1_1_1_14_1_1_1_1_1_358", "X_1_1_1_1_1_15_1_1_1_1_1_358", "X_1_1_1_1_1_16_1_1_1_1_1_358", "X_1_1_1_1_1_17_1_1_1_1_1_358", "X_1_1_1_1_1_18_1_1_1_1_1_358", "X_1_1_1_1_1_19_1_1_1_1_1_358", "X_1_1_1_1_1_20_1_1_1_1_1_358", "X_1_1_1_1_1_21_1_1_1_1_1_358", "X_1_1_1_1_1_22_1_1_1_1_1_358", "X_1_1_1_1_1_23_1_1_1_1_1_358", "X_1_1_1_1_1_24_1_1_1_1_1_358", "X_1_1_1_1_1_25_1_1_1_1_1_358", "X_1_1_1_1_1_26_1_1_1_1_1_358", "X_1_1_1_1_1_27_1_1_1_1_1_358", "X_1_1_1_1_1_28_1_1_1_1_1_358", "X_1_1_1_1_1_29_1_1_1_1_1_358", "X_1_1_1_1_1_30_1_1_1_1_1_358", "X_1_1_1_1_1_31_1_1_1_1_1_358", "X_1_1_1_1_1_32_1_1_1_1_1_358", "X_1_1_1_1_1_33_1_1_1_1_1_358", "X_1_1_1_1_1_34_1_1_1_1_1_358", "X_1_1_1_1_1_35_1_1_1_1_1_358", "X_1_1_1_1_1_36_1_1_1_1_1_358", "X_1_1_1_1_1_37_1_1_1_1_1_358", "X_1_1_1_1_1_38_1_1_1_1_1_358", "X_1_1_1_1_1_39_1_1_1_1_1_358", "X_1_1_1_1_1_40_1_1_1_1_1_358", "X_1_1_1_1_1_41_1_1_1_1_1_358", "X_1_1_1_1_1_42_1_1_1_1_1_358", "X_1_1_1_1_1_43_1_1_1_1_1_358", "X_1_1_1_1_1_44_1_1_1_1_1_358", "X_1_1_1_1_1_45_1_1_1_1_1_358", "X_1_1_1_1_1_46_1_1_1_1_1_358", "X_1_1_1_1_1_47_1_1_1_1_1_358", "X_1_1_1_1_1_48_1_1_1_1_1_358", "X_1_1_1_1_1_49_1_1_1_1_1_358", "X_1_1_1_1_1_50_1_1_1_1_1_358", "X_1_1_1_1_1_51_1_1_1_1_1_358", "X_1_1_1_1_1_52_1_1_1_1_1_358", "X_1_1_1_1_1_53_1_1_1_1_1_358", "X_1_1_1_1_1_54_1_1_1_1_1_358", "X_1_1_1_1_1_55_1_1_1_1_1_358", "X_1_1_1_1_1_56_1_1_1_1_1_358", "X_1_1_1_1_1_57_1_1_1_1_1_358", "X_1_1_1_1_1_58_1_1_1_1_1_358", "X_1_1_1_1_1_59_1_1_1_1_1_358", "X_1_1_1_1_1_60_1_1_1_1_1_358", "X_1_1_1_1_1_61_1_1_1_1_1_358", "X_1_1_1_1_1_62_1_1_1_1_1_358", "X_1_1_1_1_1_63_1_1_1_1_1_358", "X_1_1_1_1_1_64_1_1_1_1_1_358", "X_1_1_1_1_1_65_1_1_1_1_1_358", "X_1_1_1_1_1_66_1_1_1_1_1_358", "X_1_1_1_1_1_67_1_1_1_1_1_358", "X_1_1_1_1_1_68_1_1_1_1_1_358", "X_1_1_1_1_1_69_1_1_1_1_1_358", "X_1_1_1_1_1_70_1_1_1_1_1_358", "X_1_1_1_1_1_71_1_1_1_1_1_358", "X_1_1_1_1_1_72_1_1_1_1_1_358", "X_1_1_1_1_1_73_1_1_1_1_1_358", "X_1_1_1_1_1_74_1_1_1_1_1_358", "X_1_1_1_1_1_75_1_1_1_1_1_358", "X_1_1_1_1_1_76_1_1_1_1_1_358", "X_1_1_1_1_1_77_1_1_1_1_1_358", "X_1_1_1_1_1_78_1_1_1_1_1_358", "X_1_1_1_1_1_79_1_1_1_1_1_358", "X_1_1_1_1_1_80_1_1_1_1_1_358", "X_1_1_1_1_1_81_1_1_1_1_1_358", "X_1_1_1_1_1_82_1_1_1_1_1_358", "X_1_1_1_1_1_83_1_1_1_1_1_358", "X_1_1_1_1_1_84_1_1_1_1_1_358", "X_1_1_1_1_1_85_1_1_1_1_1_358", "X_1_1_1_1_1_86_1_1_1_1_1_358", "X_1_1_1_1_1_87_1_1_1_1_1_358", "X_1_1_1_1_1_88_1_1_1_1_1_358", "X_1_1_1_1_1_89_1_1_1_1_1_358", "X_1_1_1_1_1_90_1_1_1_1_1_358", "X_1_1_1_1_1_91_1_1_1_1_1_358", "X_1_1_1_1_1_92_1_1_1_1_1_358", "X_1_1_1_1_1_93_1_1_1_1_1_358", "X_1_1_1_1_1_94_1_1_1_1_1_358", "X_1_1_1_1_1_95_1_1_1_1_1_358", "X_1_1_1_1_1_96_1_1_1_1_1_358", "X_1_1_1_1_1_97_1_1_1_1_1_358", "X_1_1_1_1_1_98_1_1_1_1_1_358", "X_1_1_1_1_1_99_1_1_1_1_1_358", "X_1_1_1_1_1_100_1_1_1_1_1_358", "X_1_1_1_1_1_101_1_1_1_1_1_358", "X_1_1_1_1_1_102_1_1_1_1_1_358", "X_1_1_1_1_1_103_1_1_1_1_1_358", "X_1_1_1_1_1_104_1_1_1_1_1_358", "X_1_1_1_1_1_105_1_1_1_1_1_358", "X_1_1_1_1_1_106_1_1_1_1_1_358", "X_1_1_1_1_1_107_1_1_1_1_1_358", "X_1_1_1_1_1_108_1_1_1_1_1_358", "X_1_1_1_1_1_109_1_1_1_1_1_358", "X_1_1_1_1_1_110_1_1_1_1_1_358", "X_1_1_1_1_1_111_1_1_1_1_1_358", "X_1_1_1_1_1_112_1_1_1_1_1_358", "X_1_1_1_1_1_113_1_1_1_1_1_358", "X_1_1_1_1_1_114_1_1_1_1_1_358", "X_1_1_1_1_1_115_1_1_1_1_1_358", "X_1_1_1_1_1_116_1_1_1_1_1_358", "X_1_1_1_1_1_117_1_1_1_1_1_358", "X_1_1_1_1_1_118_1_1_1_1_1_358", "X_1_1_1_1_1_119_1_1_1_1_1_358", "X_1_1_1_1_1_120_1_1_1_1_1_358", "X_1_1_1_1_1_121_1_1_1_1_1_358", "X_1_1_1_1_1_122_1_1_1_1_1_358", "X_1_1_1_1_1_123_1_1_1_1_1_358", "X_1_1_1_1_1_124_1_1_1_1_1_358", "X_1_1_1_1_1_125_1_1_1_1_1_358", "X_1_1_1_1_1_126_1_1_1_1_1_358", "X_1_1_1_1_1_127_1_1_1_1_1_358", "X_1_1_1_1_1_128_1_1_1_1_1_358", "X_1_1_1_1_1_129_1_1_1_1_1_358", "X_1_1_1_1_1_130_1_1_1_1_1_358", "X_1_1_1_1_1_131_1_1_1_1_1_358", "X_1_1_1_1_1_132_1_1_1_1_1_358", "X_1_1_1_1_1_133_1_1_1_1_1_358", "X_1_1_1_1_1_134_1_1_1_1_1_358", "X_1_1_1_1_1_135_1_1_1_1_1_358", "X_1_1_1_1_1_136_1_1_1_1_1_358", "X_1_1_1_1_1_137_1_1_1_1_1_358", "X_1_1_1_1_1_138_1_1_1_1_1_358", "X_1_1_1_1_1_139_1_1_1_1_1_358", "X_1_1_1_1_1_140_1_1_1_1_1_358", "X_1_1_1_1_1_141_1_1_1_1_1_358", "X_1_1_1_1_1_142_1_1_1_1_1_358", "X_1_1_1_1_1_143_1_1_1_1_1_358", "X_1_1_1_1_1_144_1_1_1_1_1_358", "X_1_1_1_1_1_145_1_1_1_1_1_358", "X_1_1_1_1_1_146_1_1_1_1_1_358", "X_1_1_1_1_1_147_1_1_1_1_1_358", "X_1_1_1_1_1_148_1_1_1_1_1_358", "X_1_1_1_1_1_149_1_1_1_1_1_358", "X_1_1_1_1_1_150_1_1_1_1_1_358", "X_1_1_1_1_1_151_1_1_1_1_1_358", "X_1_1_1_1_1_152_1_1_1_1_1_358", "X_1_1_1_1_1_153_1_1_1_1_1_358", "X_1_1_1_1_1_154_1_1_1_1_1_358", "X_1_1_1_1_1_155_1_1_1_1_1_358", "X_1_1_1_1_1_156_1_1_1_1_1_358", "X_1_1_1_1_1_157_1_1_1_1_1_358", "X_1_1_1_1_1_158_1_1_1_1_1_358", "X_1_1_1_1_1_159_1_1_1_1_1_358", "X_1_1_1_1_1_160_1_1_1_1_1_358", "X_1_1_1_1_1_161_1_1_1_1_1_358", "X_1_1_1_1_1_162_1_1_1_1_1_358", "X_1_1_1_1_1_163_1_1_1_1_1_358", "X_1_1_1_1_1_164_1_1_1_1_1_358", "X_1_1_1_1_1_165_1_1_1_1_1_358", "X_1_1_1_1_1_166_1_1_1_1_1_358", "X_1_1_1_1_1_167_1_1_1_1_1_358", "X_1_1_1_1_1_168_1_1_1_1_1_358", "X_1_1_1_1_1_169_1_1_1_1_1_358", "X_1_1_1_1_1_170_1_1_1_1_1_358", "X_1_1_1_1_1_171_1_1_1_1_1_358", "X_1_1_1_1_1_172_1_1_1_1_1_358", "X_1_1_1_1_1_173_1_1_1_1_1_358", "X_1_1_1_1_1_174_1_1_1_1_1_358", "X_1_1_1_1_1_175_1_1_1_1_1_358", "X_1_1_1_1_1_176_1_1_1_1_1_358", "X_1_1_1_1_1_177_1_1_1_1_1_358", "X_1_1_1_1_1_178_1_1_1_1_1_358", "X_1_1_1_1_1_179_1_1_1_1_1_358", "X_1_1_1_1_1_180_1_1_1_1_1_358", "X_1_1_1_1_1_181_1_1_1_1_1_358", "X_1_1_1_1_1_182_1_1_1_1_1_358", "X_1_1_1_1_1_183_1_1_1_1_1_358", "X_1_1_1_1_1_184_1_1_1_1_1_358", "X_1_1_1_1_1_185_1_1_1_1_1_358", "X_1_1_1_1_1_186_1_1_1_1_1_358", "X_1_1_1_1_1_187_1_1_1_1_1_358", "X_1_1_1_1_1_188_1_1_1_1_1_358", "X_1_1_1_1_1_189_1_1_1_1_1_358", "X_1_1_1_1_1_190_1_1_1_1_1_358", "X_1_1_1_1_1_191_1_1_1_1_1_358", "X_1_1_1_1_1_192_1_1_1_1_1_358", "X_1_1_1_1_1_193_1_1_1_1_1_358", "X_1_1_1_1_1_194_1_1_1_1_1_358", "X_1_1_1_1_1_195_1_1_1_1_1_358", "X_1_1_1_1_1_196_1_1_1_1_1_358", "X_1_1_1_1_1_197_1_1_1_1_1_358", "X_1_1_1_1_1_198_1_1_1_1_1_358", "X_1_1_1_1_1_199_1_1_1_1_1_358", "X_1_1_1_1_1_200_1_1_1_1_1_358", "X_1_1_1_1_1_201_1_1_1_1_1_358", "X_1_1_1_1_1_202_1_1_1_1_1_358", "X_1_1_1_1_1_203_1_1_1_1_1_358", "X_1_1_1_1_1_204_1_1_1_1_1_358", "X_1_1_1_1_1_205_1_1_1_1_1_358", "X_1_1_1_1_1_206_1_1_1_1_1_358", "X_1_1_1_1_1_207_1_1_1_1_1_358", "X_1_1_1_1_1_208_1_1_1_1_1_358", "X_1_1_1_1_1_209_1_1_1_1_1_358", "X_1_1_1_1_1_210_1_1_1_1_1_358", "X_1_1_1_1_1_211_1_1_1_1_1_358", "X_1_1_1_1_1_212_1_1_1_1_1_358", "X_1_1_1_1_1_213_1_1_1_1_1_358", "X_1_1_1_1_1_214_1_1_1_1_1_358", "X_1_1_1_1_1_215_1_1_1_1_1_358", "X_1_1_1_1_1_216_1_1_1_1_1_358", "X_1_1_1_1_1_217_1_1_1_1_1_358", "X_1_1_1_1_1_218_1_1_1_1_1_358", "X_1_1_1_1_1_219_1_1_1_1_1_358", "X_1_1_1_1_1_220_1_1_1_1_1_358", "X_1_1_1_1_1_221_1_1_1_1_1_358", "X_1_1_1_1_1_222_1_1_1_1_1_358", "X_1_1_1_1_1_223_1_1_1_1_1_358", "X_1_1_1_1_1_224_1_1_1_1_1_358", "X_1_1_1_1_1_225_1_1_1_1_1_358", "X_1_1_1_1_1_226_1_1_1_1_1_358", "X_1_1_1_1_1_227_1_1_1_1_1_358", "X_1_1_1_1_1_228_1_1_1_1_1_358", "X_1_1_1_1_1_229_1_1_1_1_1_358", "X_1_1_1_1_1_230_1_1_1_1_1_358", "X_1_1_1_1_1_231_1_1_1_1_1_358", "X_1_1_1_1_1_232_1_1_1_1_1_358", "X_1_1_1_1_1_233_1_1_1_1_1_358", "X_1_1_1_1_1_234_1_1_1_1_1_358", "X_1_1_1_1_1_235_1_1_1_1_1_358", "X_1_1_1_1_1_236_1_1_1_1_1_358", "X_1_1_1_1_1_237_1_1_1_1_1_358", "X_1_1_1_1_1_238_1_1_1_1_1_358", "X_1_1_1_1_1_239_1_1_1_1_1_358", "X_1_1_1_1_1_240_1_1_1_1_1_358", "X_1_1_1_1_1_241_1_1_1_1_1_358", "X_1_1_1_1_1_242_1_1_1_1_1_358", "X_1_1_1_1_1_243_1_1_1_1_1_358", "X_1_1_1_1_1_244_1_1_1_1_1_358", "X_1_1_1_1_1_245_1_1_1_1_1_358", "X_1_1_1_1_1_246_1_1_1_1_1_358", "X_1_1_1_1_1_247_1_1_1_1_1_358", "X_1_1_1_1_1_248_1_1_1_1_1_358", "X_1_1_1_1_1_249_1_1_1_1_1_358", "X_1_1_1_1_1_250_1_1_1_1_1_358", "X_1_1_1_1_1_251_1_1_1_1_1_358", "X_1_1_1_1_1_252_1_1_1_1_1_358", "X_1_1_1_1_1_253_1_1_1_1_1_358", "X_1_1_1_1_1_254_1_1_1_1_1_358", "X_1_1_1_1_1_255_1_1_1_1_1_358", "X_1_1_1_1_1_256_1_1_1_1_1_358"], "CsaImage.RFSWDDataType": ["predicted", "measured", "measured", "measured", "measured", "measured", "measured", "measured", "measured", "measured", "measured", "measured", "measured", "measured", "measured", "measured", "measured", "measured", "measured", "measured", "measured", "measured", "measured", "measured", "measured", "measured", "measured", "measured", "measured", "measured", "measured", "measured", "measured", "measured", "measured", "measured", "measured", "measured", "measured", "measured", "measured", "measured", "measured", "measured", "measured", "measured", "measured", "measured", "measured", "measured", "measured", "measured", "measured", "measured", "measured", "measured", "measured", "measured", "measured", "measured", "measured", "measured", "measured", "measured", "measured", "measured", "measured", "measured", "measured", "measured", "measured", "measured", "measured", "measured", "measured", "measured", "measured", "measured", "measured", "measured", "measured", "measured", "measured", "measured", "measured", "measured", "measured", "measured", "measured", "measured", "measured", "measured", "measured", "measured", "measured", "measured", "measured", "measured", "measured", "measured", "measured", "measured", "measured", "measured", "measured", "measured", "measured", "measured", "measured", "measured", "measured", "measured", "measured", "measured", "measured", "measured", "measured", "measured", "measured", "measured", "measured", "measured", "measured", "measured", "measured", "measured", "measured", "measured", "measured", "measured", "measured", "measured", "measured", "measured", "measured", "measured", "measured", "measured", "measured", "measured", "measured", "measured", "measured", "measured", "measured", "measured", "measured", "measured", "measured", "measured", "measured", "measured", "measured", "measured", "measured", "measured", "measured", "measured", "measured", "measured", "measured", "measured", "measured", "measured", "measured", "measured", "measured", "measured", "measured", "measured", "measured", "measured", "measured", "measured", "measured", "measured", "measured", "measured", "measured", "measured", "measured", "measured", "measured", "measured", "measured", "measured", "measured", "measured", "measured", "measured", "measured", "measured", "measured", "measured", "measured", "measured", "measured", "measured", "measured", "measured", "measured", "measured", "measured", "measured", "measured", "measured", "measured", "measured", "measured", "measured", "measured", "measured", "measured", "measured", "measured", "measured", "measured", "measured", "measured", "measured", "measured", "measured", "measured", "measured", "measured", "measured", "measured", "measured", "measured", "measured", "measured", "measured", "measured", "measured", "measured", "measured", "measured", "measured", "measured", "measured", "measured", "measured", "measured", "measured", "measured", "measured", "measured", "measured", "measured", "measured", "measured", "measured", "measured", "measured", "measured", "measured"], "CsaImage.SlicePosition_PCS": [[-126.37137173, -99.01270779, -158.6887428], [-126.40580932, -99.04510368, -157.68986115], [-126.44024691, -99.07749957, -156.6909795], [-126.47468449, -99.10989546, -155.69209784], [-126.50912208, -99.14229135, -154.69321619], [-126.54355967, -99.17468724, -153.69433453], [-126.57799726, -99.20708313, -152.69545288], [-126.61243485, -99.23947902, -151.69657123], [-126.64687243, -99.27187491, -150.69768957], [-126.68131002, -99.3042708, -149.69880792], [-126.71574761, -99.33666669, -148.69992626], [-126.7501852, -99.36906258, -147.70104461], [-126.78462279, -99.40145847, -146.70216295], [-126.81906037, -99.43385436, -145.7032813], [-126.85349796, -99.46625025, -144.70439965], [-126.88793555, -99.49864614, -143.70551799], [-126.92237314, -99.53104203, -142.70663634], [-126.95681073, -99.56343792, -141.70775468], [-126.99124831, -99.59583381, -140.70887303], [-127.0256859, -99.6282297, -139.70999138], [-127.06012349, -99.66062559, -138.71110972], [-127.09456108, -99.69302148, -137.71222807], [-127.12899866, -99.72541737, -136.71334641], [-127.16343625, -99.75781326, -135.71446476], [-127.19787384, -99.79020915, -134.71558311], [-127.23231143, -99.82260504, -133.71670145], [-127.26674902, -99.85500093, -132.7178198], [-127.3011866, -99.88739682, -131.71893814], [-127.33562419, -99.91979271, -130.72005649], [-127.37006178, -99.9521886, -129.72117484], [-127.40449937, -99.98458449, -128.72229318], [-127.43893696, -100.01698038, -127.72341153], [-127.47337454, -100.04937627, -126.72452987], [-127.50781213, -100.08177216, -125.72564822], [-127.54224972, -100.11416805, -124.72676657], [-127.57668731, -100.14656394, -123.72788491], [-127.6111249, -100.17895983, -122.72900326], [-127.64556248, -100.21135572, -121.7301216], [-127.68000007, -100.24375161, -120.73123995], [-127.71443766, -100.2761475, -119.73235829], [-127.74887525, -100.30854339, -118.73347664], [-127.78331283, -100.34093928, -117.73459499], [-127.81775042, -100.37333517, -116.73571333], [-127.85218801, -100.40573106, -115.73683168], [-127.8866256, -100.43812695, -114.73795002], [-127.92106319, -100.47052284, -113.73906837], [-127.95550077, -100.50291873, -112.74018672], [-127.98993836, -100.53531462, -111.74130506], [-128.02437595, -100.56771051, -110.74242341], [-128.05881354, -100.6001064, -109.74354175], [-128.09325113, -100.63250229, -108.7446601], [-128.12768871, -100.66489819, -107.74577845], [-128.1621263, -100.69729408, -106.74689679], [-128.19656389, -100.72968997, -105.74801514], [-128.23100148, -100.76208586, -104.74913348], [-128.26543907, -100.79448175, -103.75025183], [-128.29987665, -100.82687764, -102.75137018], [-128.33431424, -100.85927353, -101.75248852], [-128.36875183, -100.89166942, -100.75360687], [-128.40318942, -100.92406531, -99.75472521], [-128.43762701, -100.9564612, -98.75584356], [-128.47206459, -100.98885709, -97.75696191], [-128.50650218, -101.02125298, -96.75808025], [-128.54093977, -101.05364887, -95.7591986], [-128.57537736, -101.08604476, -94.76031694], [-128.60981494, -101.11844065, -93.76143529], [-128.64425253, -101.15083654, -92.76255363], [-128.67869012, -101.18323243, -91.76367198], [-128.71312771, -101.21562832, -90.76479033], [-128.7475653, -101.24802421, -89.76590867], [-128.78200288, -101.2804201, -88.76702702], [-128.81644047, -101.31281599, -87.76814536], [-128.85087806, -101.34521188, -86.76926371], [-128.88531565, -101.37760777, -85.77038206], [-128.91975324, -101.41000366, -84.7715004], [-128.95419082, -101.44239955, -83.77261875], [-128.98862841, -101.47479544, -82.77373709], [-129.023066, -101.50719133, -81.77485544], [-129.05750359, -101.53958722, -80.77597379], [-129.09194118, -101.57198311, -79.77709213], [-129.12637876, -101.604379, -78.77821048], [-129.16081635, -101.63677489, -77.77932882], [-129.19525394, -101.66917078, -76.78044717], [-129.22969153, -101.70156667, -75.78156552], [-129.26412911, -101.73396256, -74.78268386], [-129.2985667, -101.76635845, -73.78380221], [-129.33300429, -101.79875434, -72.78492055], [-129.36744188, -101.83115023, -71.7860389], [-129.40187947, -101.86354612, -70.78715725], [-129.43631705, -101.89594201, -69.78827559], [-129.47075464, -101.9283379, -68.78939394], [-129.50519223, -101.96073379, -67.79051228], [-129.53962982, -101.99312968, -66.79163063], [-129.57406741, -102.02552557, -65.79274897], [-129.60850499, -102.05792146, -64.79386732], [-129.64294258, -102.09031735, -63.79498567], [-129.67738017, -102.12271324, -62.79610401], [-129.71181776, -102.15510913, -61.79722236], [-129.74625535, -102.18750502, -60.7983407], [-129.78069293, -102.21990091, -59.79945905], [-129.81513052, -102.2522968, -58.8005774], [-129.84956811, -102.28469269, -57.80169574], [-129.8840057, -102.31708858, -56.80281409], [-129.91844328, -102.34948447, -55.80393243], [-129.95288087, -102.38188036, -54.80505078], [-129.98731846, -102.41427625, -53.80616913], [-130.02175605, -102.44667214, -52.80728747], [-130.05619364, -102.47906804, -51.80840582], [-130.09063122, -102.51146393, -50.80952416], [-130.12506881, -102.54385982, -49.81064251], [-130.1595064, -102.57625571, -48.81176086], [-130.19394399, -102.6086516, -47.8128792], [-130.22838158, -102.64104749, -46.81399755], [-130.26281916, -102.67344338, -45.81511589], [-130.29725675, -102.70583927, -44.81623424], [-130.33169434, -102.73823516, -43.81735259], [-130.36613193, -102.77063105, -42.81847093], [-130.40056952, -102.80302694, -41.81958928], [-130.4350071, -102.83542283, -40.82070762], [-130.46944469, -102.86781872, -39.82182597], [-130.50388228, -102.90021461, -38.82294432], [-130.53831987, -102.9326105, -37.82406266], [-130.57275746, -102.96500639, -36.82518101], [-130.60719504, -102.99740228, -35.82629935], [-130.64163263, -103.02979817, -34.8274177], [-130.67607022, -103.06219406, -33.82853604], [-130.71050781, -103.09458995, -32.82965439], [-130.74494539, -103.12698584, -31.83077274], [-130.77938298, -103.15938173, -30.83189108], [-130.81382057, -103.19177762, -29.83300943], [-130.84825816, -103.22417351, -28.83412777], [-130.88269575, -103.2565694, -27.83524612], [-130.91713333, -103.28896529, -26.83636447], [-130.95157092, -103.32136118, -25.83748281], [-130.98600851, -103.35375707, -24.83860116], [-131.0204461, -103.38615296, -23.8397195], [-131.05488369, -103.41854885, -22.84083785], [-131.08932127, -103.45094474, -21.8419562], [-131.12375886, -103.48334063, -20.84307454], [-131.15819645, -103.51573652, -19.84419289], [-131.19263404, -103.54813241, -18.84531123], [-131.22707163, -103.5805283, -17.84642958], [-131.26150921, -103.61292419, -16.84754793], [-131.2959468, -103.64532008, -15.84866627], [-131.33038439, -103.67771597, -14.84978462], [-131.36482198, -103.71011186, -13.85090296], [-131.39925956, -103.74250775, -12.85202131], [-131.43369715, -103.77490364, -11.85313966], [-131.46813474, -103.80729953, -10.854258], [-131.50257233, -103.83969542, -9.85537635], [-131.53700992, -103.87209131, -8.85649469], [-131.5714475, -103.9044872, -7.85761304], [-131.60588509, -103.93688309, -6.85873138], [-131.64032268, -103.96927898, -5.85984973], [-131.67476027, -104.00167487, -4.86096808], [-131.70919786, -104.03407076, -3.86208642], [-131.74363544, -104.06646665, -2.86320477], [-131.77807303, -104.09886254, -1.86432311], [-131.81251062, -104.13125843, -0.86544146], [-131.84694821, -104.16365432, 0.13344019], [-131.8813858, -104.19605021, 1.13232185], [-131.91582338, -104.2284461, 2.1312035], [-131.95026097, -104.26084199, 3.13008516], [-131.98469856, -104.29323789, 4.12896681], [-132.01913615, -104.32563378, 5.12784846], [-132.05357373, -104.35802967, 6.12673012], [-132.08801132, -104.39042556, 7.12561177], [-132.12244891, -104.42282145, 8.12449343], [-132.1568865, -104.45521734, 9.12337508], [-132.19132409, -104.48761323, 10.12225673], [-132.22576167, -104.52000912, 11.12113839], [-132.26019926, -104.55240501, 12.12002004], [-132.29463685, -104.5848009, 13.1189017], [-132.32907444, -104.61719679, 14.11778335], [-132.36351203, -104.64959268, 15.116665], [-132.39794961, -104.68198857, 16.11554666], [-132.4323872, -104.71438446, 17.11442831], [-132.46682479, -104.74678035, 18.11330997], [-132.50126238, -104.77917624, 19.11219162], [-132.53569997, -104.81157213, 20.11107328], [-132.57013755, -104.84396802, 21.10995493], [-132.60457514, -104.87636391, 22.10883658], [-132.63901273, -104.9087598, 23.10771824], [-132.67345032, -104.94115569, 24.10659989], [-132.7078879, -104.97355158, 25.10548155], [-132.74232549, -105.00594747, 26.1043632], [-132.77676308, -105.03834336, 27.10324485], [-132.81120067, -105.07073925, 28.10212651], [-132.84563826, -105.10313514, 29.10100816], [-132.88007584, -105.13553103, 30.09988982], [-132.91451343, -105.16792692, 31.09877147], [-132.94895102, -105.20032281, 32.09765312], [-132.98338861, -105.2327187, 33.09653478], [-133.0178262, -105.26511459, 34.09541643], [-133.05226378, -105.29751048, 35.09429809], [-133.08670137, -105.32990637, 36.09317974], [-133.12113896, -105.36230226, 37.09206139], [-133.15557655, -105.39469815, 38.09094305], [-133.19001414, -105.42709404, 39.0898247], [-133.22445172, -105.45948993, 40.08870636], [-133.25888931, -105.49188582, 41.08758801], [-133.2933269, -105.52428171, 42.08646966], [-133.32776449, -105.5566776, 43.08535132], [-133.36220208, -105.58907349, 44.08423297], [-133.39663966, -105.62146938, 45.08311463], [-133.43107725, -105.65386527, 46.08199628], [-133.46551484, -105.68626116, 47.08087794], [-133.49995243, -105.71865705, 48.07975959], [-133.53439001, -105.75105294, 49.07864124], [-133.5688276, -105.78344883, 50.0775229], [-133.60326519, -105.81584472, 51.07640455], [-133.63770278, -105.84824061, 52.07528621], [-133.67214037, -105.8806365, 53.07416786], [-133.70657795, -105.91303239, 54.07304951], [-133.74101554, -105.94542828, 55.07193117], [-133.77545313, -105.97782417, 56.07081282], [-133.80989072, -106.01022006, 57.06969448], [-133.84432831, -106.04261595, 58.06857613], [-133.87876589, -106.07501184, 59.06745778], [-133.91320348, -106.10740774, 60.06633944], [-133.94764107, -106.13980363, 61.06522109], [-133.98207866, -106.17219952, 62.06410275], [-134.01651625, -106.20459541, 63.0629844], [-134.05095383, -106.2369913, 64.06186605], [-134.08539142, -106.26938719, 65.06074771], [-134.11982901, -106.30178308, 66.05962936], [-134.1542666, -106.33417897, 67.05851102], [-134.18870418, -106.36657486, 68.05739267], [-134.22314177, -106.39897075, 69.05627432], [-134.25757936, -106.43136664, 70.05515598], [-134.29201695, -106.46376253, 71.05403763], [-134.32645454, -106.49615842, 72.05291929], [-134.36089212, -106.52855431, 73.05180094], [-134.39532971, -106.5609502, 74.05068259], [-134.4297673, -106.59334609, 75.04956425], [-134.46420489, -106.62574198, 76.0484459], [-134.49864248, -106.65813787, 77.04732756], [-134.53308006, -106.69053376, 78.04620921], [-134.56751765, -106.72292965, 79.04509087], [-134.60195524, -106.75532554, 80.04397252], [-134.63639283, -106.78772143, 81.04285417], [-134.67083042, -106.82011732, 82.04173583], [-134.705268, -106.85251321, 83.04061748], [-134.73970559, -106.8849091, 84.03949914], [-134.77414318, -106.91730499, 85.03838079], [-134.80858077, -106.94970088, 86.03726244], [-134.84301835, -106.98209677, 87.0361441], [-134.87745594, -107.01449266, 88.03502575], [-134.91189353, -107.04688855, 89.03390741], [-134.94633112, -107.07928444, 90.03278906], [-134.98076871, -107.11168033, 91.03167071], [-135.01520629, -107.14407622, 92.03055237], [-135.04964388, -107.17647211, 93.02943402], [-135.08408147, -107.208868, 94.02831568], [-135.11851906, -107.24126389, 95.02719733], [-135.15295665, -107.27365978, 96.02607898]], "ImagePositionPatient": [[-126.37137173089, -99.012707786059, -158.68874280351], [-126.40580931879, -99.045103676237, -157.68986114944], [-126.4402469067, -99.077499566415, -156.69097949537], [-126.4746844946, -99.109895456593, -155.6920978413], [-126.5091220825, -99.142291346771, -154.69321618722], [-126.54355967041, -99.174687236949, -153.69433453315], [-126.57799725831, -99.207083127127, -152.69545287908], [-126.61243484621, -99.239479017305, -151.69657122501], [-126.64687243411, -99.271874907483, -150.69768957094], [-126.68131002202, -99.304270797661, -149.69880791687], [-126.71574760992, -99.336666687839, -148.6999262628], [-126.75018519782, -99.369062578017, -147.70104460873], [-126.78462278572, -99.401458468195, -146.70216295466], [-126.81906037363, -99.433854358373, -145.70328130059], [-126.85349796153, -99.466250248551, -144.70439964652], [-126.88793554943, -99.498646138729, -143.70551799245], [-126.92237313734, -99.531042028907, -142.70663633838], [-126.95681072524, -99.563437919085, -141.70775468431], [-126.99124831314, -99.595833809263, -140.70887303024], [-127.02568590104, -99.628229699441, -139.70999137616], [-127.06012348895, -99.660625589619, -138.71110972209], [-127.09456107685, -99.693021479797, -137.71222806802], [-127.12899866475, -99.725417369975, -136.71334641395], [-127.16343625266, -99.757813260153, -135.71446475988], [-127.19787384056, -99.790209150331, -134.71558310581], [-127.23231142846, -99.822605040509, -133.71670145174], [-127.26674901636, -99.855000930687, -132.71781979767], [-127.30118660427, -99.887396820865, -131.7189381436], [-127.33562419217, -99.919792711043, -130.72005648953], [-127.37006178007, -99.952188601221, -129.72117483546], [-127.40449936797, -99.984584491399, -128.72229318139], [-127.43893695588, -100.01698038158, -127.72341152732], [-127.47337454378, -100.04937627176, -126.72452987325], [-127.50781213168, -100.08177216193, -125.72564821917], [-127.54224971959, -100.11416805211, -124.7267665651], [-127.57668730749, -100.14656394229, -123.72788491103], [-127.61112489539, -100.17895983247, -122.72900325696], [-127.64556248329, -100.21135572265, -121.73012160289], [-127.6800000712, -100.24375161282, -120.73123994882], [-127.7144376591, -100.276147503, -119.73235829475], [-127.748875247, -100.30854339318, -118.73347664068], [-127.78331283491, -100.34093928336, -117.73459498661], [-127.81775042281, -100.37333517354, -116.73571333254], [-127.85218801071, -100.40573106371, -115.73683167847], [-127.88662559861, -100.43812695389, -114.7379500244], [-127.92106318652, -100.47052284407, -113.73906837033], [-127.95550077442, -100.50291873425, -112.74018671626], [-127.98993836232, -100.53531462443, -111.74130506218], [-128.02437595022, -100.5677105146, -110.74242340811], [-128.05881353813, -100.60010640478, -109.74354175404], [-128.09325112603, -100.63250229496, -108.74466009997], [-128.12768871393, -100.66489818514, -107.7457784459], [-128.16212630184, -100.69729407532, -106.74689679183], [-128.19656388974, -100.72968996549, -105.74801513776], [-128.23100147764, -100.76208585567, -104.74913348369], [-128.26543906554, -100.79448174585, -103.75025182962], [-128.29987665345, -100.82687763603, -102.75137017555], [-128.33431424135, -100.85927352621, -101.75248852148], [-128.36875182925, -100.89166941638, -100.75360686741], [-128.40318941715, -100.92406530656, -99.754725213336], [-128.43762700506, -100.95646119674, -98.755843559266], [-128.47206459296, -100.98885708692, -97.756961905195], [-128.50650218086, -101.0212529771, -96.758080251124], [-128.54093976877, -101.05364886727, -95.759198597054], [-128.57537735667, -101.08604475745, -94.760316942983], [-128.60981494457, -101.11844064763, -93.761435288912], [-128.64425253247, -101.15083653781, -92.762553634842], [-128.67869012038, -101.18323242799, -91.763671980771], [-128.71312770828, -101.21562831816, -90.7647903267], [-128.74756529618, -101.24802420834, -89.765908672629], [-128.78200288409, -101.28042009852, -88.767027018559], [-128.81644047199, -101.3128159887, -87.768145364488], [-128.85087805989, -101.34521187888, -86.769263710417], [-128.88531564779, -101.37760776905, -85.770382056347], [-128.9197532357, -101.41000365923, -84.771500402276], [-128.9541908236, -101.44239954941, -83.772618748205], [-128.9886284115, -101.47479543959, -82.773737094135], [-129.0230659994, -101.50719132977, -81.774855440064], [-129.05750358731, -101.53958721994, -80.775973785993], [-129.09194117521, -101.57198311012, -79.777092131922], [-129.12637876311, -101.6043790003, -78.778210477852], [-129.16081635102, -101.63677489048, -77.779328823781], [-129.19525393892, -101.66917078066, -76.78044716971], [-129.22969152682, -101.70156667083, -75.78156551564], [-129.26412911472, -101.73396256101, -74.782683861569], [-129.29856670263, -101.76635845119, -73.783802207498], [-129.33300429053, -101.79875434137, -72.784920553428], [-129.36744187843, -101.83115023155, -71.786038899357], [-129.40187946633, -101.86354612172, -70.787157245286], [-129.43631705424, -101.8959420119, -69.788275591215], [-129.47075464214, -101.92833790208, -68.789393937145], [-129.50519223004, -101.96073379226, -67.790512283074], [-129.53962981795, -101.99312968244, -66.791630629003], [-129.57406740585, -102.02552557261, -65.792748974933], [-129.60850499375, -102.05792146279, -64.793867320862], [-129.64294258165, -102.09031735297, -63.794985666791], [-129.67738016956, -102.12271324315, -62.796104012721], [-129.71181775746, -102.15510913333, -61.79722235865], [-129.74625534536, -102.1875050235, -60.798340704579], [-129.78069293327, -102.21990091368, -59.799459050509], [-129.81513052117, -102.25229680386, -58.800577396438], [-129.84956810907, -102.28469269404, -57.801695742367], [-129.88400569697, -102.31708858422, -56.802814088296], [-129.91844328488, -102.34948447439, -55.803932434226], [-129.95288087278, -102.38188036457, -54.805050780155], [-129.98731846068, -102.41427625475, -53.806169126084], [-130.02175604858, -102.44667214493, -52.807287472014], [-130.05619363649, -102.47906803511, -51.808405817943], [-130.09063122439, -102.51146392528, -50.809524163872], [-130.12506881229, -102.54385981546, -49.810642509802], [-130.1595064002, -102.57625570564, -48.811760855731], [-130.1939439881, -102.60865159582, -47.81287920166], [-130.228381576, -102.641047486, -46.813997547589], [-130.2628191639, -102.67344337617, -45.815115893519], [-130.29725675181, -102.70583926635, -44.816234239448], [-130.33169433971, -102.73823515653, -43.817352585377], [-130.36613192761, -102.77063104671, -42.818470931307], [-130.40056951551, -102.80302693689, -41.819589277236], [-130.43500710342, -102.83542282706, -40.820707623165], [-130.46944469132, -102.86781871724, -39.821825969095], [-130.50388227922, -102.90021460742, -38.822944315024], [-130.53831986713, -102.9326104976, -37.824062660953], [-130.57275745503, -102.96500638778, -36.825181006882], [-130.60719504293, -102.99740227795, -35.826299352812], [-130.64163263083, -103.02979816813, -34.827417698741], [-130.67607021874, -103.06219405831, -33.82853604467], [-130.71050780664, -103.09458994849, -32.8296543906], [-130.74494539454, -103.12698583867, -31.830772736529], [-130.77938298245, -103.15938172884, -30.831891082458], [-130.81382057035, -103.19177761902, -29.833009428388], [-130.84825815825, -103.2241735092, -28.834127774317], [-130.88269574615, -103.25656939938, -27.835246120246], [-130.91713333406, -103.28896528956, -26.836364466175], [-130.95157092196, -103.32136117973, -25.837482812105], [-130.98600850986, -103.35375706991, -24.838601158034], [-131.02044609776, -103.38615296009, -23.839719503963], [-131.05488368567, -103.41854885027, -22.840837849893], [-131.08932127357, -103.45094474045, -21.841956195822], [-131.12375886147, -103.48334063062, -20.843074541751], [-131.15819644938, -103.5157365208, -19.844192887681], [-131.19263403728, -103.54813241098, -18.84531123361], [-131.22707162518, -103.58052830116, -17.846429579539], [-131.26150921308, -103.61292419134, -16.847547925468], [-131.29594680099, -103.64532008151, -15.848666271398], [-131.33038438889, -103.67771597169, -14.849784617327], [-131.36482197679, -103.71011186187, -13.850902963256], [-131.39925956469, -103.74250775205, -12.852021309186], [-131.4336971526, -103.77490364223, -11.853139655115], [-131.4681347405, -103.8072995324, -10.854258001044], [-131.5025723284, -103.83969542258, -9.8553763469736], [-131.53700991631, -103.87209131276, -8.8564946929029], [-131.57144750421, -103.90448720294, -7.8576130388322], [-131.60588509211, -103.93688309312, -6.8587313847615], [-131.64032268001, -103.96927898329, -5.8598497306908], [-131.67476026792, -104.00167487347, -4.8609680766201], [-131.70919785582, -104.03407076365, -3.8620864225494], [-131.74363544372, -104.06646665383, -2.8632047684787], [-131.77807303163, -104.09886254401, -1.864323114408], [-131.81251061953, -104.13125843418, -0.8654414603373], [-131.84694820743, -104.16365432436, 0.13344019373339], [-131.88138579533, -104.19605021454, 1.1323218478041], [-131.91582338324, -104.22844610472, 2.1312035018748], [-131.95026097114, -104.2608419949, 3.1300851559455], [-131.98469855904, -104.29323788507, 4.1289668100162], [-132.01913614694, -104.32563377525, 5.1278484640869], [-132.05357373485, -104.35802966543, 6.1267301181576], [-132.08801132275, -104.39042555561, 7.1256117722283], [-132.12244891065, -104.42282144579, 8.124493426299], [-132.15688649856, -104.45521733596, 9.1233750803697], [-132.19132408646, -104.48761322614, 10.12225673444], [-132.22576167436, -104.52000911632, 11.121138388511], [-132.26019926226, -104.5524050065, 12.120020042582], [-132.29463685017, -104.58480089668, 13.118901696652], [-132.32907443807, -104.61719678685, 14.117783350723], [-132.36351202597, -104.64959267703, 15.116665004794], [-132.39794961388, -104.68198856721, 16.115546658865], [-132.43238720178, -104.71438445739, 17.114428312935], [-132.46682478968, -104.74678034757, 18.113309967006], [-132.50126237758, -104.77917623774, 19.112191621077], [-132.53569996549, -104.81157212792, 20.111073275147], [-132.57013755339, -104.8439680181, 21.109954929218], [-132.60457514129, -104.87636390828, 22.108836583289], [-132.63901272919, -104.90875979846, 23.107718237359], [-132.6734503171, -104.94115568863, 24.10659989143], [-132.707887905, -104.97355157881, 25.105481545501], [-132.7423254929, -105.00594746899, 26.104363199572], [-132.77676308081, -105.03834335917, 27.103244853642], [-132.81120066871, -105.07073924935, 28.102126507713], [-132.84563825661, -105.10313513952, 29.101008161784], [-132.88007584451, -105.1355310297, 30.099889815854], [-132.91451343242, -105.16792691988, 31.098771469925], [-132.94895102032, -105.20032281006, 32.097653123996], [-132.98338860822, -105.23271870024, 33.096534778066], [-133.01782619612, -105.26511459041, 34.095416432137], [-133.05226378403, -105.29751048059, 35.094298086208], [-133.08670137193, -105.32990637077, 36.093179740279], [-133.12113895983, -105.36230226095, 37.092061394349], [-133.15557654774, -105.39469815113, 38.09094304842], [-133.19001413564, -105.4270940413, 39.089824702491], [-133.22445172354, -105.45948993148, 40.088706356561], [-133.25888931144, -105.49188582166, 41.087588010632], [-133.29332689935, -105.52428171184, 42.086469664703], [-133.32776448725, -105.55667760202, 43.085351318773], [-133.36220207515, -105.58907349219, 44.084232972844], [-133.39663966306, -105.62146938237, 45.083114626915], [-133.43107725096, -105.65386527255, 46.081996280986], [-133.46551483886, -105.68626116273, 47.080877935056], [-133.49995242676, -105.71865705291, 48.079759589127], [-133.53439001467, -105.75105294308, 49.078641243198], [-133.56882760257, -105.78344883326, 50.077522897268], [-133.60326519047, -105.81584472344, 51.076404551339], [-133.63770277837, -105.84824061362, 52.07528620541], [-133.67214036628, -105.8806365038, 53.07416785948], [-133.70657795418, -105.91303239397, 54.073049513551], [-133.74101554208, -105.94542828415, 55.071931167622], [-133.77545312999, -105.97782417433, 56.070812821692], [-133.80989071789, -106.01022006451, 57.069694475763], [-133.84432830579, -106.04261595469, 58.068576129834], [-133.87876589369, -106.07501184486, 59.067457783905], [-133.9132034816, -106.10740773504, 60.066339437975], [-133.9476410695, -106.13980362522, 61.065221092046], [-133.9820786574, -106.1721995154, 62.064102746117], [-134.0165162453, -106.20459540558, 63.062984400187], [-134.05095383321, -106.23699129575, 64.061866054258], [-134.08539142111, -106.26938718593, 65.060747708329], [-134.11982900901, -106.30178307611, 66.059629362399], [-134.15426659692, -106.33417896629, 67.05851101647], [-134.18870418482, -106.36657485647, 68.057392670541], [-134.22314177272, -106.39897074664, 69.056274324612], [-134.25757936062, -106.43136663682, 70.055155978682], [-134.29201694853, -106.463762527, 71.054037632753], [-134.32645453643, -106.49615841718, 72.052919286824], [-134.36089212433, -106.52855430736, 73.051800940894], [-134.39532971224, -106.56095019753, 74.050682594965], [-134.42976730014, -106.59334608771, 75.049564249036], [-134.46420488804, -106.62574197789, 76.048445903106], [-134.49864247594, -106.65813786807, 77.047327557177], [-134.53308006385, -106.69053375825, 78.046209211248], [-134.56751765175, -106.72292964842, 79.045090865319], [-134.60195523965, -106.7553255386, 80.043972519389], [-134.63639282755, -106.78772142878, 81.04285417346], [-134.67083041546, -106.82011731896, 82.041735827531], [-134.70526800336, -106.85251320914, 83.040617481601], [-134.73970559126, -106.88490909931, 84.039499135672], [-134.77414317917, -106.91730498949, 85.038380789743], [-134.80858076707, -106.94970087967, 86.037262443813], [-134.84301835497, -106.98209676985, 87.036144097884], [-134.87745594287, -107.01449266003, 88.035025751955], [-134.91189353078, -107.0468885502, 89.033907406026], [-134.94633111868, -107.07928444038, 90.032789060096], [-134.98076870658, -107.11168033056, 91.031670714167], [-135.01520629448, -107.14407622074, 92.030552368238], [-135.04964388239, -107.17647211092, 93.029434022308], [-135.08408147029, -107.20886800109, 94.028315676379], [-135.11851905819, -107.24126389127, 95.02719733045], [-135.1529566461, -107.27365978145, 96.02607898452]], "InstanceCreationTime": ["121253.562000", "121253.562000", "121253.562000", "121253.562000", "121253.562000", "121253.562000", "121253.578000", "121253.578000", "121253.578000", "121253.578000", "121253.578000", "121253.578000", "121253.593000", "121253.593000", "121253.593000", "121253.593000", "121253.593000", "121253.593000", "121253.593000", "121253.593000", "121253.593000", "121253.609000", "121253.609000", "121253.609000", "121253.609000", "121253.609000", "121253.609000", "121253.609000", "121253.609000", "121253.609000", "121253.625000", "121253.625000", "121253.625000", "121253.625000", "121253.625000", "121253.625000", "121253.625000", "121253.625000", "121253.640000", "121253.640000", "121253.640000", "121253.640000", "121253.640000", "121253.640000", "121253.640000", "121253.640000", "121253.656000", "121253.656000", "121253.656000", "121253.656000", "121253.656000", "121253.656000", "121253.656000", "121253.656000", "121253.671000", "121253.671000", "121253.671000", "121253.671000", "121253.671000", "121253.671000", "121253.671000", "121253.687000", "121253.687000", "121253.687000", "121253.687000", "121253.687000", "121253.687000", "121253.687000", "121253.687000", "121253.703000", "121253.703000", "121253.703000", "121253.703000", "121253.703000", "121253.703000", "121302.609000", "121302.609000", "121302.609000", "121302.609000", "121302.609000", "121302.609000", "121302.609000", "121302.609000", "121302.609000", "121302.625000", "121302.625000", "121302.625000", "121302.625000", "121302.625000", "121302.625000", "121302.625000", "121302.625000", "121302.640000", "121302.640000", "121302.640000", "121302.640000", "121302.640000", "121302.640000", "121302.640000", "121302.640000", "121302.656000", "121302.656000", "121302.656000", "121302.656000", "121302.671000", "121302.671000", "121302.671000", "121302.671000", "121302.671000", "121302.671000", "121302.671000", "121302.671000", "121302.687000", "121302.687000", "121302.687000", "121302.687000", "121302.687000", "121302.687000", "121302.687000", "121302.687000", "121302.703000", "121302.703000", "121302.703000", "121302.703000", "121302.703000", "121302.703000", "121302.703000", "121302.718000", "121302.718000", "121302.718000", "121302.734000", "121302.734000", "121302.734000", "121302.734000", "121302.734000", "121302.734000", "121302.734000", "121302.750000", "121302.750000", "121302.750000", "121302.750000", "121302.750000", "121302.750000", "121302.765000", "121302.765000", "121302.765000", "121302.765000", "121302.781000", "121302.781000", "121302.781000", "121302.781000", "121302.781000", "121302.796000", "121302.796000", "121302.796000", "121302.796000", "121302.796000", "121302.796000", "121302.796000", "121302.796000", "121302.812000", "121302.812000", "121302.812000", "121302.812000", "121302.812000", "121302.828000", "121302.828000", "121302.828000", "121302.828000", "121302.828000", "121302.828000", "121302.828000", "121302.828000", "121302.843000", "121302.843000", "121302.843000", "121302.843000", "121302.843000", "121302.859000", "121302.859000", "121302.859000", "121302.859000", "121302.859000", "121302.875000", "121302.875000", "121302.875000", "121302.875000", "121302.875000", "121302.875000", "121302.875000", "121302.875000", "121302.890000", "121302.890000", "121302.890000", "121302.890000", "121302.890000", "121302.890000", "121302.890000", "121302.906000", "121302.906000", "121302.906000", "121302.906000", "121302.906000", "121302.906000", "121302.906000", "121302.921000", "121302.921000", "121302.921000", "121302.921000", "121302.921000", "121302.921000", "121302.937000", "121302.937000", "121302.937000", "121302.937000", "121302.937000", "121302.937000", "121302.953000", "121302.953000", "121302.953000", "121302.953000", "121302.953000", "121302.953000", "121302.968000", "121302.968000", "121302.968000", "121302.968000", "121302.968000", "121302.968000", "121302.968000", "121302.968000", "121302.968000", "121302.984000", "121302.984000", "121302.984000", "121302.984000", "121302.984000", "121302.984000", "121302.984000", "121302.984000", "121303.000000", "121303.000000", "121303.000000", "121303.000000", "121303.000000", "121303.000000", "121303.000000", "121303.000000", "121303.015000", "121303.015000", "121303.015000", "121303.015000", "121303.015000", "121303.015000", "121303.015000", "121303.015000"], "InstanceNumber": [1, 2, 3, 4, 5, 6, 7, 8, 9, 10, 11, 12, 13, 14, 15, 16, 17, 18, 19, 20, 21, 22, 23, 24, 25, 26, 27, 28, 29, 30, 31, 32, 33, 34, 35, 36, 37, 38, 39, 40, 41, 42, 43, 44, 45, 46, 47, 48, 49, 50, 51, 52, 53, 54, 55, 56, 57, 58, 59, 60, 61, 62, 63, 64, 65, 66, 67, 68, 69, 70, 71, 72, 73, 74, 75, 76, 77, 78, 79, 80, 81, 82, 83, 84, 85, 86, 87, 88, 89, 90, 91, 92, 93, 94, 95, 96, 97, 98, 99, 100, 101, 102, 103, 104, 105, 106, 107, 108, 109, 110, 111, 112, 113, 114, 115, 116, 117, 118, 119, 120, 121, 122, 123, 124, 125, 126, 127, 128, 129, 130, 131, 132, 133, 134, 135, 136, 137, 138, 139, 140, 141, 142, 143, 144, 145, 146, 147, 148, 149, 150, 151, 152, 153, 154, 155, 156, 157, 158, 159, 160, 161, 162, 163, 164, 165, 166, 167, 168, 169, 170, 171, 172, 173, 174, 175, 176, 177, 178, 179, 180, 181, 182, 183, 184, 185, 186, 187, 188, 189, 190, 191, 192, 193, 194, 195, 196, 197, 198, 199, 200, 201, 202, 203, 204, 205, 206, 207, 208, 209, 210, 211, 212, 213, 214, 215, 216, 217, 218, 219, 220, 221, 222, 223, 224, 225, 226, 227, 228, 229, 230, 231, 232, 233, 234, 235, 236, 237, 238, 239, 240, 241, 242, 243, 244, 245, 246, 247, 248, 249, 250, 251, 252, 253, 254, 255, 256], "LargestImagePixelValue": [1005, 1025, 995, 908, 906, 934, 932, 888, 822, 757, 721, 665, 659, 657, 769, 839, 857, 865, 823, 859, 846, 891, 880, 972, 955, 970, 978, 990, 1071, 1115, 1131, 1119, 1180, 1195, 1256, 1255, 1341, 1377, 1447, 1416, 1482, 1459, 1466, 1530, 1625, 1594, 1614, 1661, 1650, 1675, 1722, 1775, 1867, 1884, 1808, 1845, 1994, 2073, 2097, 2138, 2150, 2164, 2184, 2115, 2241, 2299, 2285, 2285, 2293, 2340, 2409, 2494, 2530, 2508, 2605, 2545, 2431, 2541, 2589, 2640, 2487, 2767, 2836, 2937, 3094, 3130, 3157, 3138, 3257, 2974, 3030, 3082, 2951, 2884, 2851, 2973, 2937, 2728, 2608, 2794, 2613, 2672, 2637, 2560, 2101, 2067, 2152, 2176, 2142, 2202, 2203, 2306, 2306, 2271, 2218, 2129, 2214, 2209, 2313, 2099, 2232, 2078, 2074, 1782, 1672, 1666, 1547, 1567, 1617, 1840, 1688, 1578, 1732, 1742, 1575, 1752, 1685, 1627, 1722, 1840, 1795, 1966, 1934, 1906, 2489, 1799, 1833, 1751, 2721, 2118, 1841, 1804, 1780, 1683, 1658, 1629, 1531, 1562, 1592, 1635, 1533, 1560, 1576, 1542, 1588, 1526, 1566, 1559, 1576, 1817, 1905, 1797, 1742, 1754, 1690, 1774, 1661, 1532, 1629, 1677, 1620, 1597, 1536, 1445, 1424, 1364, 1534, 1549, 1603, 1608, 1664, 1826, 1545, 1585, 1681, 1539, 1424, 1443, 1744, 1849, 1901, 1638, 1473, 1428, 1485, 1432, 1408, 1542, 1592, 1494, 1492, 1449, 1331, 1418, 1537, 1438, 1432, 1400, 1391, 1417, 1422, 1445, 1405, 1299, 1298, 1264, 1248, 1171, 1206, 1216, 1227, 1152, 1142, 1175, 1181, 1116, 1087, 1155, 1112, 1136, 1143, 1106, 1191, 1135, 1216, 1194, 1269, 1413, 1288, 1307, 1279, 1297, 1260, 771, 254, 258], "SliceLocation": [-150.95174386393, -149.95174386393, -148.95174386393, -147.95174386393, -146.95174386393, -145.95174386393, -144.95174386393, -143.95174386393, -142.95174386393, -141.95174386393, -140.95174386393, -139.95174386393, -138.95174386393, -137.95174386393, -136.95174386393, -135.95174386393, -134.95174386393, -133.95174386393, -132.95174386393, -131.95174386393, -130.95174386393, -129.95174386393, -128.95174386393, -127.95174386393, -126.95174386393, -125.95174386393, -124.95174386393, -123.95174386393, -122.95174386393, -121.95174386393, -120.95174386393, -119.95174386393, -118.95174386393, -117.95174386393, -116.95174386393, -115.95174386393, -114.95174386393, -113.95174386393, -112.95174386393, -111.95174386393, -110.95174386393, -109.95174386393, -108.95174386393, -107.95174386393, -106.95174386393, -105.95174386393, -104.95174386393, -103.95174386393, -102.95174386393, -101.95174386393, -100.95174386393, -99.951743863928, -98.951743863928, -97.951743863928, -96.951743863928, -95.951743863928, -94.951743863928, -93.951743863928, -92.951743863928, -91.951743863928, -90.951743863928, -89.951743863928, -88.951743863928, -87.951743863928, -86.951743863928, -85.951743863928, -84.951743863928, -83.951743863928, -82.951743863928, -81.951743863928, -80.951743863928, -79.951743863928, -78.951743863928, -77.951743863928, -76.951743863928, -75.951743863928, -74.951743863928, -73.951743863928, -72.951743863928, -71.951743863928, -70.951743863928, -69.951743863928, -68.951743863928, -67.951743863928, -66.951743863928, -65.951743863928, -64.951743863928, -63.951743863928, -62.951743863928, -61.951743863928, -60.951743863928, -59.951743863928, -58.951743863928, -57.951743863928, -56.951743863928, -55.951743863928, -54.951743863928, -53.951743863928, -52.951743863928, -51.951743863928, -50.951743863928, -49.951743863928, -48.951743863928, -47.951743863928, -46.951743863928, -45.951743863928, -44.951743863928, -43.951743863928, -42.951743863928, -41.951743863928, -40.951743863928, -39.951743863928, -38.951743863928, -37.951743863928, -36.951743863928, -35.951743863928, -34.951743863928, -33.951743863928, -32.951743863928, -31.951743863928, -30.951743863928, -29.951743863928, -28.951743863928, -27.951743863928, -26.951743863928, -25.951743863928, -24.951743863928, -23.951743863928, -22.951743863928, -21.951743863928, -20.951743863928, -19.951743863928, -18.951743863928, -17.951743863928, -16.951743863928, -15.951743863928, -14.951743863928, -13.951743863928, -12.951743863928, -11.951743863928, -10.951743863928, -9.9517438639284, -8.9517438639284, -7.9517438639284, -6.9517438639284, -5.9517438639284, -4.9517438639284, -3.9517438639284, -2.9517438639284, -1.9517438639284, -0.9517438639284, 0.04825613607162, 1.0482561360716, 2.0482561360716, 3.0482561360716, 4.0482561360716, 5.0482561360716, 6.0482561360716, 7.0482561360716, 8.0482561360716, 9.0482561360716, 10.048256136072, 11.048256136072, 12.048256136072, 13.048256136072, 14.048256136072, 15.048256136072, 16.048256136072, 17.048256136072, 18.048256136072, 19.048256136072, 20.048256136072, 21.048256136072, 22.048256136072, 23.048256136072, 24.048256136072, 25.048256136072, 26.048256136072, 27.048256136072, 28.048256136072, 29.048256136072, 30.048256136072, 31.048256136072, 32.048256136072, 33.048256136072, 34.048256136072, 35.048256136072, 36.048256136072, 37.048256136072, 38.048256136072, 39.048256136072, 40.048256136072, 41.048256136072, 42.048256136072, 43.048256136072, 44.048256136072, 45.048256136072, 46.048256136072, 47.048256136072, 48.048256136072, 49.048256136072, 50.048256136072, 51.048256136072, 52.048256136072, 53.048256136072, 54.048256136072, 55.048256136072, 56.048256136072, 57.048256136072, 58.048256136072, 59.048256136072, 60.048256136072, 61.048256136072, 62.048256136072, 63.048256136072, 64.048256136072, 65.048256136072, 66.048256136072, 67.048256136072, 68.048256136072, 69.048256136072, 70.048256136072, 71.048256136072, 72.048256136072, 73.048256136072, 74.048256136072, 75.048256136072, 76.048256136072, 77.048256136072, 78.048256136072, 79.048256136072, 80.048256136072, 81.048256136072, 82.048256136072, 83.048256136072, 84.048256136072, 85.048256136072, 86.048256136072, 87.048256136072, 88.048256136072, 89.048256136072, 90.048256136072, 91.048256136072, 92.048256136072, 93.048256136072, 94.048256136072, 95.048256136072, 96.048256136072, 97.048256136072, 98.048256136072, 99.048256136072, 100.04825613607, 101.04825613607, 102.04825613607, 103.04825613607, 104.04825613607], "WindowCenter": [247.0, 252.0, 258.0, 261.0, 267.0, 274.0, 278.0, 277.0, 274.0, 267.0, 260.0, 244.0, 240.0, 236.0, 258.0, 267.0, 267.0, 268.0, 262.0, 265.0, 262.0, 271.0, 274.0, 280.0, 282.0, 284.0, 285.0, 289.0, 296.0, 298.0, 300.0, 305.0, 309.0, 316.0, 322.0, 326.0, 332.0, 337.0, 345.0, 347.0, 347.0, 350.0, 353.0, 356.0, 359.0, 367.0, 372.0, 379.0, 385.0, 392.0, 402.0, 407.0, 411.0, 420.0, 427.0, 438.0, 448.0, 457.0, 464.0, 473.0, 479.0, 486.0, 494.0, 500.0, 508.0, 517.0, 522.0, 527.0, 533.0, 537.0, 543.0, 547.0, 551.0, 554.0, 557.0, 560.0, 559.0, 560.0, 558.0, 559.0, 558.0, 560.0, 561.0, 564.0, 565.0, 567.0, 569.0, 569.0, 572.0, 575.0, 580.0, 584.0, 588.0, 589.0, 589.0, 587.0, 587.0, 589.0, 591.0, 592.0, 592.0, 593.0, 595.0, 601.0, 603.0, 610.0, 619.0, 625.0, 627.0, 630.0, 634.0, 638.0, 640.0, 640.0, 644.0, 647.0, 648.0, 651.0, 654.0, 655.0, 658.0, 666.0, 672.0, 674.0, 676.0, 676.0, 678.0, 679.0, 677.0, 676.0, 676.0, 675.0, 677.0, 680.0, 681.0, 686.0, 686.0, 686.0, 691.0, 696.0, 699.0, 706.0, 714.0, 724.0, 737.0, 746.0, 752.0, 759.0, 770.0, 777.0, 781.0, 786.0, 789.0, 794.0, 799.0, 807.0, 814.0, 819.0, 822.0, 828.0, 829.0, 829.0, 828.0, 827.0, 829.0, 829.0, 834.0, 834.0, 836.0, 840.0, 838.0, 839.0, 837.0, 836.0, 838.0, 834.0, 831.0, 834.0, 836.0, 836.0, 840.0, 841.0, 840.0, 839.0, 841.0, 840.0, 844.0, 840.0, 841.0, 840.0, 840.0, 840.0, 839.0, 835.0, 835.0, 830.0, 823.0, 819.0, 815.0, 809.0, 803.0, 798.0, 795.0, 783.0, 777.0, 771.0, 768.0, 762.0, 753.0, 746.0, 738.0, 731.0, 722.0, 715.0, 710.0, 702.0, 692.0, 685.0, 673.0, 664.0, 657.0, 648.0, 637.0, 623.0, 612.0, 598.0, 583.0, 572.0, 561.0, 553.0, 546.0, 532.0, 519.0, 504.0, 487.0, 476.0, 462.0, 455.0, 447.0, 441.0, 446.0, 454.0, 453.0, 451.0, 450.0, 460.0, 464.0, 460.0, 451.0, 457.0, 438.0, 422.0, 373.0, 158.0, 96.0, 93.0], "WindowWidth": [585.0, 594.0, 602.0, 605.0, 609.0, 617.0, 619.0, 615.0, 607.0, 595.0, 582.0, 557.0, 549.0, 541.0, 571.0, 583.0, 581.0, 584.0, 575.0, 581.0, 579.0, 593.0, 599.0, 609.0, 612.0, 616.0, 619.0, 628.0, 639.0, 645.0, 650.0, 661.0, 672.0, 687.0, 700.0, 712.0, 725.0, 737.0, 751.0, 757.0, 759.0, 766.0, 772.0, 779.0, 789.0, 804.0, 813.0, 828.0, 840.0, 857.0, 877.0, 888.0, 897.0, 914.0, 929.0, 949.0, 969.0, 989.0, 1004.0, 1022.0, 1037.0, 1051.0, 1067.0, 1082.0, 1099.0, 1117.0, 1127.0, 1136.0, 1147.0, 1155.0, 1168.0, 1174.0, 1183.0, 1189.0, 1195.0, 1199.0, 1194.0, 1195.0, 1191.0, 1193.0, 1188.0, 1191.0, 1194.0, 1198.0, 1202.0, 1206.0, 1208.0, 1204.0, 1211.0, 1219.0, 1233.0, 1243.0, 1254.0, 1256.0, 1255.0, 1252.0, 1252.0, 1255.0, 1259.0, 1262.0, 1263.0, 1267.0, 1267.0, 1278.0, 1282.0, 1296.0, 1315.0, 1327.0, 1331.0, 1336.0, 1345.0, 1354.0, 1359.0, 1359.0, 1368.0, 1375.0, 1378.0, 1384.0, 1392.0, 1394.0, 1401.0, 1422.0, 1441.0, 1442.0, 1445.0, 1444.0, 1451.0, 1452.0, 1443.0, 1439.0, 1438.0, 1436.0, 1439.0, 1444.0, 1446.0, 1455.0, 1453.0, 1450.0, 1459.0, 1467.0, 1473.0, 1488.0, 1506.0, 1529.0, 1558.0, 1578.0, 1593.0, 1610.0, 1640.0, 1651.0, 1655.0, 1665.0, 1669.0, 1677.0, 1685.0, 1703.0, 1717.0, 1729.0, 1739.0, 1753.0, 1757.0, 1757.0, 1751.0, 1744.0, 1743.0, 1743.0, 1750.0, 1753.0, 1756.0, 1763.0, 1763.0, 1764.0, 1764.0, 1765.0, 1766.0, 1761.0, 1757.0, 1761.0, 1767.0, 1773.0, 1778.0, 1784.0, 1788.0, 1791.0, 1799.0, 1801.0, 1808.0, 1805.0, 1809.0, 1807.0, 1809.0, 1809.0, 1806.0, 1800.0, 1800.0, 1791.0, 1778.0, 1770.0, 1762.0, 1753.0, 1740.0, 1727.0, 1715.0, 1693.0, 1677.0, 1666.0, 1660.0, 1649.0, 1629.0, 1611.0, 1591.0, 1573.0, 1554.0, 1540.0, 1530.0, 1509.0, 1486.0, 1466.0, 1440.0, 1421.0, 1405.0, 1385.0, 1359.0, 1328.0, 1301.0, 1270.0, 1239.0, 1214.0, 1191.0, 1172.0, 1157.0, 1127.0, 1098.0, 1068.0, 1033.0, 1012.0, 984.0, 969.0, 951.0, 939.0, 946.0, 962.0, 954.0, 948.0, 942.0, 966.0, 965.0, 952.0, 930.0, 937.0, 895.0, 863.0, 760.0, 406.0, 254.0, 249.0]}}}