{"AcquisitionMatrixPE": 96, "AcquisitionNumber": 1, "AcquisitionTime": "07:40:50.142500", "BandwidthPerPixelPhaseEncode": 33.602, "BaseResolution": 96, "BodyPartExamined": "BRAIN", "ConsistencyInfo": "N4_VD11D_LATEST_20110129", "ConversionSoftware": "dcm2niix", "ConversionSoftwareVersion": "v1.0.20210317", "DerivedVendorReportedEchoSpacing": 0.000620003, "DeviceSerialNumber": "45239", "DwellTime": 2.6e-06, "EchoTime": 0.03, "EchoTrainLength": 48, "EffectiveEchoSpacing": 0.000310001, "FlipAngle": 63, "ImageComments": "Unaliased MB4/PE3", "ImageOrientationPatientDICOM": [0.999706, -0.0218387, 0.0105572, 0.0242566, 0.900054, -0.435103], "ImageType": ["ORIGINAL", "PRIMARY", "M", "ND", "NORM", "MOSAIC"], "ImagingFrequency": 123.193, "InPlanePhaseEncodingDirectionDICOM": "COL", "InstitutionAddress": "E 24th St. 100,Austin,Southmiddle,US,78712", "InstitutionName": "Univ of Texas at Austin", "InstitutionalDepartmentName": "IRC", "MRAcquisitionType": "2D", "MagneticFieldStrength": 3, "Manufacturer": "Siemens", "ManufacturersModelName": "Skyra", "Modality": "MR", "MultibandAccelerationFactor": 4, "ParallelReductionFactorInPlane": 2, "PartialFourier": 1, "PatientPosition": "HFS", "PercentPhaseFOV": 100, "PercentSampling": 100, "PhaseEncodingDirection": "j-", "PhaseEncodingSteps": 96, "PhaseResolution": 1, "PixelBandwidth": 2005, "ProcedureStepDescription": "Poldrack2^self-scanning", "ProtocolName": "Resting State fMRI MBEPI_matrix96_BW2004", "PulseSequenceDetails": "%CustomerSeq%\\cmrr_mbep2d_bold", "ReceiveCoilActiveElements": "HEA;HEP", "ReceiveCoilName": "Head_32", "ReconMatrixPE": 96, "RefLinesPE": 94, "RepetitionTime": 1.16, "SAR": 0.0966624, "ScanOptions": "FS", "ScanningSequence": "EP", "SequenceName": "epfid2d1_96", "SequenceVariant": "SK", "SeriesDescription": "Resting State fMRI MBEPI_matrix96_BW2004", "SeriesNumber": 6, "ShimSetting": [-2777, 8073, -15424, 157, -247, 161, 184, -49], "SliceThickness": 2, "SliceTiming": [0, 0.5, 0.9975, 0.3575, 0.855, 0.215, 0.7125, 0.0725, 0.57, 1.07, 0.4275, 0.9275, 0.285, 0.785, 0.1425, 0.6425, 0, 0.5, 0.9975, 0.3575, 0.855, 0.215, 0.7125, 0.0725, 0.57, 1.07, 0.4275, 0.9275, 0.285, 0.785, 0.1425, 0.6425, 0, 0.5, 0.9975, 0.3575, 0.855, 0.215, 0.7125, 0.0725, 0.57, 1.07, 0.4275, 0.9275, 0.285, 0.785, 0.1425, 0.6425, 0, 0.5, 0.9975, 0.3575, 0.855, 0.215, 0.7125, 0.0725, 0.57, 1.07, 0.4275, 0.9275, 0.285, 0.785, 0.1425, 0.6425], "SoftwareVersions": "syngo MR D11", "SpacingBetweenSlices": 2.4, "StationName": "AWP45239", "TaskName": "Resting fmri", "TotalReadoutTime": 0.0294501, "TxRefAmp": 333.221, "WipMemBlock": "2326ea43-181b-45cc-8d7d-20dd6a4bb3b8||Sequence: VD11D r206; Feb 13 2013 18:52:04 by eja", "dcmmeta_affine": [[-2.3951282501220703, 0.05811481177806854, -2.7177533112876517e-08, 115.190185546875], [0.052321866154670715, 2.156378984451294, -1.0445547103881836, -86.80513000488281], [0.025293350219726562, 1.0424343347549438, 2.1607649326324463, -81.00567626953125], [0.0, 0.0, 0.0, 1.0]], "dcmmeta_reorient_transform": [[0.0, -1.0, 0.0, 95.0], [1.0, 0.0, 0.0, 0.0], [0.0, 0.0, 1.0, 0.0], [0.0, 0.0, 0.0, 1.0]], "dcmmeta_shape": [96, 96, 64, 518], "dcmmeta_slice_dim": 2, "dcmmeta_version": 0.6, "global": {"const": {"AcquisitionMatrix": [96, 0, 0, 96], "AngioFlag": "N", "BitsAllocated": 16, "BitsStored": 16, "BodyPartExamined": "BRAIN", "Columns": 768, "EchoNumbers": 1, "EchoTime": 30.0, "EchoTrainLength": 48, "FlipAngle": 63.0, "HighBit": 15, "ImageOrientationPatient": [0.99970576495021, -0.021838693451, 0.01055722471459, 0.02425661817564, 0.90005385974557, -0.4351030521977], "ImagePositionPatient": [-945.00078458203, -825.01405946031, 359.7849681526], "ImageType": ["ORIGINAL", "PRIMARY", "M", "ND", "NORM", "MOSAIC"], "ImagedNucleus": "1H", "ImagingFrequency": 123.193253, "InPlanePhaseEncodingDirection": "COL", "MRAcquisitionType": "2D", "MagneticFieldStrength": 3.0, "Manufacturer": "SIEMENS", "ManufacturerModelName": "Skyra", "Modality": "MR", "NumberOfAverages": 1.0, "NumberOfPhaseEncodingSteps": 96, "PercentPhaseFieldOfView": 100.0, "PercentSampling": 100.0, "PerformedProcedureStepStartTime": "073324.890000", "PhotometricInterpretation": "MONOCHROME2", "PixelBandwidth": 2005.0, "PixelRepresentation": 0, "PixelSpacing": [2.3958332538605, 2.3958332538605], "ProtocolName": "Resting State fMRI MBEPI_matrix96_BW2004", "RepetitionTime": 1160.0, "Rows": 768, "SAR": 0.09666242838918, "SamplesPerPixel": 1, "ScanOptions": "FS", "ScanningSequence": "EP", "SequenceName": "epfid2d1_96", "SequenceVariant": "SK", "SeriesDescription": "Resting State fMRI MBEPI_matrix96_BW2004", "SeriesNumber": 6, "SeriesTime": "074128.890000", "SliceLocation": -35.150639114046, "SliceThickness": 2.0, "SmallestImagePixelValue": 0, "SoftwareVersions": "syngo MR D11", "SpacingBetweenSlices": 2.3999999766311, "SpecificCharacterSet": "ISO_IR 100", "StudyID": "1", "StudyTime": "073324.859000", "TransmitCoilName": "Body", "VariableFlipAngleFlag": "N", "WindowCenterWidthExplanation": "Algo1", "dBdt": 0.0}, "slices": {}}, "time": {"samples": {"AcquisitionNumber": [1, 2, 3, 4, 5, 6, 7, 8, 9, 10, 11, 12, 13, 14, 15, 16, 17, 18, 19, 20, 21, 22, 23, 24, 25, 26, 27, 28, 29, 30, 31, 32, 33, 34, 35, 36, 37, 38, 39, 40, 41, 42, 43, 44, 45, 46, 47, 48, 49, 50, 51, 52, 53, 54, 55, 56, 57, 58, 59, 60, 61, 62, 63, 64, 65, 66, 67, 68, 69, 70, 71, 72, 73, 74, 75, 76, 77, 78, 79, 80, 81, 82, 83, 84, 85, 86, 87, 88, 89, 90, 91, 92, 93, 94, 95, 96, 97, 98, 99, 100, 101, 102, 103, 104, 105, 106, 107, 108, 109, 110, 111, 112, 113, 114, 115, 116, 117, 118, 119, 120, 121, 122, 123, 124, 125, 126, 127, 128, 129, 130, 131, 132, 133, 134, 135, 136, 137, 138, 139, 140, 141, 142, 143, 144, 145, 146, 147, 148, 149, 150, 151, 152, 153, 154, 155, 156, 157, 158, 159, 160, 161, 162, 163, 164, 165, 166, 167, 168, 169, 170, 171, 172, 173, 174, 175, 176, 177, 178, 179, 180, 181, 182, 183, 184, 185, 186, 187, 188, 189, 190, 191, 192, 193, 194, 195, 196, 197, 198, 199, 200, 201, 202, 203, 204, 205, 206, 207, 208, 209, 210, 211, 212, 213, 214, 215, 216, 217, 218, 219, 220, 221, 222, 223, 224, 225, 226, 227, 228, 229, 230, 231, 232, 233, 234, 235, 236, 237, 238, 239, 240, 241, 242, 243, 244, 245, 246, 247, 248, 249, 250, 251, 252, 253, 254, 255, 256, 257, 258, 259, 260, 261, 262, 263, 264, 265, 266, 267, 268, 269, 270, 271, 272, 273, 274, 275, 276, 277, 278, 279, 280, 281, 282, 283, 284, 285, 286, 287, 288, 289, 290, 291, 292, 293, 294, 295, 296, 297, 298, 299, 300, 301, 302, 303, 304, 305, 306, 307, 308, 309, 310, 311, 312, 313, 314, 315, 316, 317, 318, 319, 320, 321, 322, 323, 324, 325, 326, 327, 328, 329, 330, 331, 332, 333, 334, 335, 336, 337, 338, 339, 340, 341, 342, 343, 344, 345, 346, 347, 348, 349, 350, 351, 352, 353, 354, 355, 356, 357, 358, 359, 360, 361, 362, 363, 364, 365, 366, 367, 368, 369, 370, 371, 372, 373, 374, 375, 376, 377, 378, 379, 380, 381, 382, 383, 384, 385, 386, 387, 388, 389, 390, 391, 392, 393, 394, 395, 396, 397, 398, 399, 400, 401, 402, 403, 404, 405, 406, 407, 408, 409, 410, 411, 412, 413, 414, 415, 416, 417, 418, 419, 420, 421, 422, 423, 424, 425, 426, 427, 428, 429, 430, 431, 432, 433, 434, 435, 436, 437, 438, 439, 440, 441, 442, 443, 444, 445, 446, 447, 448, 449, 450, 451, 452, 453, 454, 455, 456, 457, 458, 459, 460, 461, 462, 463, 464, 465, 466, 467, 468, 469, 470, 471, 472, 473, 474, 475, 476, 477, 478, 479, 480, 481, 482, 483, 484, 485, 486, 487, 488, 489, 490, 491, 492, 493, 494, 495, 496, 497, 498, 499, 500, 501, 502, 503, 504, 505, 506, 507, 508, 509, 510, 511, 512, 513, 514, 515, 516, 517, 518], "AcquisitionTime": ["074050.142500", "074119.140000", "074120.300000", "074121.460000", "074122.620000", "074123.780000", "074124.940000", "074126.100000", "074127.260000", "074128.420000", "074129.580000", "074130.740000", "074131.900000", "074133.060000", "074134.220000", "074135.380000", "074136.540000", "074137.700000", "074138.860000", "074140.020000", "074141.180000", "074142.340000", "074143.502500", "074144.662500", "074145.822500", "074146.982500", "074148.142500", "074149.302500", "074150.462500", "074151.622500", "074152.782500", "074153.942500", "074155.102500", "074156.262500", "074157.422500", "074158.582500", "074159.742500", "074200.902500", "074202.062500", "074203.222500", "074204.382500", "074205.542500", "074206.702500", "074207.862500", "074209.022500", "074210.182500", "074211.342500", "074212.502500", "074213.662500", "074214.822500", "074215.982500", "074217.142500", "074218.302500", "074219.462500", "074220.622500", "074221.782500", "074222.942500", "074224.102500", "074225.262500", "074226.422500", "074227.582500", "074228.742500", "074229.902500", "074231.062500", "074232.222500", "074233.382500", "074234.542500", "074235.702500", "074236.862500", "074238.022500", "074239.182500", "074240.342500", "074241.502500", "074242.662500", "074243.822500", "074244.982500", "074246.142500", "074247.302500", "074248.462500", "074249.622500", "074250.782500", "074251.942500", "074253.102500", "074254.262500", "074255.422500", "074256.582500", "074257.742500", "074258.902500", "074300.062500", "074301.222500", "074302.382500", "074303.542500", "074304.702500", "074305.862500", "074307.022500", "074308.182500", "074309.342500", "074310.502500", "074311.662500", "074312.822500", "074313.982500", "074315.142500", "074316.302500", "074317.462500", "074318.622500", "074319.782500", "074320.942500", "074322.102500", "074323.262500", "074324.422500", "074325.582500", "074326.742500", "074327.902500", "074329.062500", "074330.222500", "074331.382500", "074332.542500", "074333.702500", "074334.862500", "074336.022500", "074337.182500", "074338.342500", "074339.502500", "074340.662500", "074341.822500", "074342.982500", "074344.142500", "074345.302500", "074346.462500", "074347.622500", "074348.782500", "074349.942500", "074351.102500", "074352.262500", "074353.422500", "074354.582500", "074355.742500", "074356.902500", "074358.062500", "074359.222500", "074400.382500", "074401.542500", "074402.702500", "074403.862500", "074405.022500", "074406.182500", "074407.342500", "074408.502500", "074409.662500", "074410.822500", "074411.982500", "074413.142500", "074414.302500", "074415.462500", "074416.622500", "074417.782500", "074418.942500", "074420.102500", "074421.262500", "074422.422500", "074423.582500", "074424.742500", "074425.902500", "074427.062500", "074428.222500", "074429.382500", "074430.542500", "074431.702500", "074432.862500", "074434.022500", "074435.182500", "074436.342500", "074437.502500", "074438.662500", "074439.822500", "074440.982500", "074442.142500", "074443.302500", "074444.462500", "074445.622500", "074446.782500", "074447.942500", "074449.102500", "074450.262500", "074451.422500", "074452.582500", "074453.742500", "074454.902500", "074456.062500", "074457.222500", "074458.382500", "074459.542500", "074500.702500", "074501.862500", "074503.022500", "074504.182500", "074505.342500", "074506.502500", "074507.662500", "074508.822500", "074509.982500", "074511.142500", "074512.302500", "074513.462500", "074514.622500", "074515.782500", "074516.942500", "074518.102500", "074519.262500", "074520.422500", "074521.582500", "074522.742500", "074523.902500", "074525.062500", "074526.222500", "074527.382500", "074528.542500", "074529.702500", "074530.862500", "074532.022500", "074533.182500", "074534.342500", "074535.502500", "074536.662500", "074537.822500", "074538.982500", "074540.142500", "074541.302500", "074542.462500", "074543.622500", "074544.782500", "074545.942500", "074547.102500", "074548.262500", "074549.422500", "074550.582500", "074551.742500", "074552.902500", "074554.062500", "074555.222500", "074556.382500", "074557.542500", "074558.702500", "074559.862500", "074601.022500", "074602.182500", "074603.342500", "074604.502500", "074605.662500", "074606.822500", "074607.982500", "074609.142500", "074610.302500", "074611.462500", "074612.622500", "074613.782500", "074614.942500", "074616.102500", "074617.262500", "074618.422500", "074619.582500", "074620.742500", "074621.902500", "074623.062500", "074624.222500", "074625.382500", "074626.542500", "074627.702500", "074628.862500", "074630.022500", "074631.182500", "074632.342500", "074633.505000", "074634.665000", "074635.825000", "074636.985000", "074638.145000", "074639.305000", "074640.465000", "074641.625000", "074642.785000", "074643.945000", "074645.105000", "074646.265000", "074647.425000", "074648.585000", "074649.745000", "074650.905000", "074652.065000", "074653.225000", "074654.385000", "074655.545000", "074656.705000", "074657.865000", "074659.025000", "074700.185000", "074701.345000", "074702.505000", "074703.665000", "074704.825000", "074705.985000", "074707.145000", "074708.305000", "074709.465000", "074710.625000", "074711.785000", "074712.945000", "074714.105000", "074715.265000", "074716.425000", "074717.585000", "074718.745000", "074719.905000", "074721.065000", "074722.225000", "074723.385000", "074724.545000", "074725.705000", "074726.865000", "074728.025000", "074729.185000", "074730.345000", "074731.505000", "074732.665000", "074733.825000", "074734.985000", "074736.145000", "074737.305000", "074738.465000", "074739.625000", "074740.785000", "074741.945000", "074743.105000", "074744.265000", "074745.425000", "074746.585000", "074747.745000", "074748.905000", "074750.065000", "074751.225000", "074752.385000", "074753.545000", "074754.705000", "074755.865000", "074757.025000", "074758.185000", "074759.345000", "074800.505000", "074801.665000", "074802.825000", "074803.985000", "074805.145000", "074806.305000", "074807.465000", "074808.625000", "074809.785000", "074810.945000", "074812.105000", "074813.265000", "074814.425000", "074815.585000", "074816.745000", "074817.905000", "074819.065000", "074820.225000", "074821.385000", "074822.545000", "074823.705000", "074824.865000", "074826.025000", "074827.185000", "074828.345000", "074829.505000", "074830.665000", "074831.825000", "074832.985000", "074834.145000", "074835.305000", "074836.465000", "074837.625000", "074838.785000", "074839.945000", "074841.105000", "074842.265000", "074843.425000", "074844.585000", "074845.745000", "074846.905000", "074848.065000", "074849.225000", "074850.385000", "074851.545000", "074852.705000", "074853.865000", "074855.025000", "074856.185000", "074857.345000", "074858.505000", "074859.665000", "074900.825000", "074901.985000", "074903.145000", "074904.305000", "074905.465000", "074906.625000", "074907.785000", "074908.945000", "074910.105000", "074911.265000", "074912.425000", "074913.585000", "074914.745000", "074915.905000", "074917.065000", "074918.225000", "074919.385000", "074920.545000", "074921.705000", "074922.865000", "074924.025000", "074925.185000", "074926.345000", "074927.505000", "074928.665000", "074929.825000", "074930.985000", "074932.145000", "074933.305000", "074934.465000", "074935.625000", "074936.785000", "074937.945000", "074939.105000", "074940.265000", "074941.425000", "074942.585000", "074943.745000", "074944.905000", "074946.065000", "074947.225000", "074948.385000", "074949.545000", "074950.705000", "074951.865000", "074953.025000", "074954.185000", "074955.345000", "074956.505000", "074957.665000", "074958.825000", "074959.985000", "075001.145000", "075002.305000", "075003.465000", "075004.625000", "075005.785000", "075006.945000", "075008.105000", "075009.265000", "075010.425000", "075011.585000", "075012.745000", "075013.905000", "075015.065000", "075016.225000", "075017.385000", "075018.545000", "075019.705000", "075020.865000", "075022.025000", "075023.185000", "075024.345000", "075025.505000", "075026.665000", "075027.825000", "075028.985000", "075030.145000", "075031.305000", "075032.465000", "075033.625000", "075034.785000", "075035.945000", "075037.105000", "075038.265000", "075039.425000", "075040.585000", "075041.745000", "075042.905000", "075044.065000", "075045.225000", "075046.385000", "075047.545000", "075048.705000", "075049.865000", "075051.025000", "075052.185000", "075053.345000", "075054.505000", "075055.665000", "075056.825000", "075057.985000", "075059.145000", "075100.305000", "075101.465000", "075102.625000", "075103.785000", "075104.945000", "075106.105000", "075107.265000", "075108.425000", "075109.585000", "075110.745000", "075111.905000", "075113.065000", "075114.225000", "075115.385000", "075116.545000", "075117.705000"], "ContentTime": ["074128.906000", "074133.812000", "074133.812000", "074133.812000", "074133.812000", "074138.812000", "074138.812000", "074138.812000", "074138.812000", "074143.812000", "074143.812000", "074143.812000", "074148.812000", "074148.812000", "074148.812000", "074148.812000", "074153.812000", "074153.812000", "074153.812000", "074153.843000", "074158.812000", "074158.812000", "074158.812000", "074203.812000", "074203.812000", "074203.828000", "074203.828000", "074208.812000", "074208.812000", "074208.812000", "074208.812000", "074213.812000", "074213.812000", "074213.812000", "074213.828000", "074218.812000", "074218.812000", "074218.812000", "074223.812000", "074223.812000", "074223.828000", "074223.828000", "074228.812000", "074228.812000", "074228.812000", "074228.812000", "074233.812000", "074233.812000", "074233.812000", "074238.812000", "074238.812000", "074238.812000", "074238.812000", "074238.828000", "074243.812000", "074243.812000", "074243.828000", "074248.812000", "074248.812000", "074248.812000", "074248.812000", "074253.812000", "074253.812000", "074253.828000", "074258.812000", "074258.812000", "074258.812000", "074258.812000", "074303.812000", "074303.812000", "074303.812000", "074303.812000", "074308.812000", "074308.812000", "074308.812000", "074308.812000", "074313.812000", "074313.812000", "074313.812000", "074318.812000", "074318.812000", "074318.828000", "074318.828000", "074323.812000", "074323.812000", "074323.812000", "074323.812000", "074328.812000", "074328.812000", "074328.828000", "074328.828000", "074333.812000", "074333.812000", "074333.828000", "074338.812000", "074338.812000", "074338.812000", "074338.812000", "074343.812000", "074343.812000", "074343.812000", "074343.812000", "074348.812000", "074348.812000", "074348.828000", "074353.812000", "074353.812000", "074353.812000", "074353.812000", "074358.812000", "074358.812000", "074358.812000", "074358.812000", "074403.812000", "074403.812000", "074403.828000", "074408.812000", "074408.812000", "074408.812000", "074408.812000", "074413.812000", "074413.812000", "074413.812000", "074413.812000", "074418.812000", "074418.812000", "074418.812000", "074423.812000", "074423.812000", "074423.828000", "074423.828000", "074428.812000", "074428.812000", "074428.812000", "074433.812000", "074433.812000", "074433.828000", "074433.828000", "074438.812000", "074438.812000", "074438.812000", "074443.812000", "074443.812000", "074443.812000", "074443.812000", "074448.812000", "074448.812000", "074448.812000", "074448.812000", "074453.812000", "074453.812000", "074453.812000", "074458.812000", "074458.812000", "074458.812000", "074458.812000", "074503.812000", "074503.812000", "074503.812000", "074508.812000", "074508.828000", "074508.828000", "074508.828000", "074508.828000", "074513.812000", "074513.812000", "074513.812000", "074518.812000", "074518.812000", "074518.812000", "074518.828000", "074523.812000", "074523.812000", "074523.812000", "074523.812000", "074528.812000", "074528.812000", "074528.812000", "074533.812000", "074533.812000", "074533.828000", "074533.828000", "074538.812000", "074538.812000", "074538.828000", "074538.828000", "074543.812000", "074543.812000", "074543.812000", "074548.812000", "074548.812000", "074548.812000", "074548.812000", "074553.812000", "074553.812000", "074553.828000", "074558.812000", "074558.812000", "074558.828000", "074558.828000", "074558.828000", "074603.812000", "074603.812000", "074603.812000", "074608.812000", "074608.812000", "074608.812000", "074608.812000", "074613.812000", "074613.812000", "074613.812000", "074613.812000", "074618.812000", "074618.812000", "074618.812000", "074623.812000", "074623.812000", "074623.828000", "074623.828000", "074628.812000", "074628.812000", "074628.812000", "074628.812000", "074633.812000", "074633.812000", "074633.812000", "074638.812000", "074638.812000", "074638.812000", "074638.812000", "074643.812000", "074643.812000", "074643.812000", "074643.828000", "074648.812000", "074648.812000", "074648.812000", "074648.812000", "074658.812000", "074658.812000", "074658.812000", "074658.828000", "074658.828000", "074658.828000", "074658.828000", "074658.828000", "074703.812000", "074703.812000", "074703.828000", "074708.812000", "074708.812000", "074708.812000", "074708.812000", "074713.812000", "074713.812000", "074713.812000", "074713.828000", "074718.812000", "074718.812000", "074718.812000", "074718.812000", "074723.812000", "074723.812000", "074723.812000", "074723.828000", "074728.812000", "074728.812000", "074728.812000", "074728.828000", "074733.812000", "074733.828000", "074733.828000", "074738.812000", "074738.812000", "074738.812000", "074738.812000", "074743.812000", "074743.812000", "074743.828000", "074748.812000", "074748.812000", "074748.812000", "074748.812000", "074753.812000", "074753.812000", "074753.812000", "074753.812000", "074758.812000", "074758.812000", "074758.812000", "074758.812000", "074803.812000", "074803.812000", "074803.812000", "074808.812000", "074808.812000", "074808.812000", "074808.812000", "074813.812000", "074813.812000", "074813.812000", "074818.812000", "074818.812000", "074818.828000", "074818.828000", "074823.812000", "074823.812000", "074823.812000", "074828.812000", "074828.812000", "074828.812000", "074828.812000", "074828.828000", "074833.812000", "074833.812000", "074833.812000", "074833.828000", "074838.812000", "074838.812000", "074838.828000", "074843.812000", "074843.812000", "074843.812000", "074843.812000", "074848.812000", "074848.812000", "074848.828000", "074848.828000", "074853.812000", "074853.812000", "074853.812000", "074858.812000", "074858.812000", "074858.812000", "074858.812000", "074903.812000", "074903.812000", "074903.828000", "074903.828000", "074908.812000", "074908.812000", "074908.812000", "074908.812000", "074913.812000", "074913.812000", "074913.812000", "074913.812000", "074918.812000", "074918.812000", "074918.812000", "074923.812000", "074923.812000", "074923.812000", "074923.812000", "074928.812000", "074928.812000", "074928.812000", "074933.828000", "074933.828000", "074933.828000", "074933.828000", "074938.812000", "074938.812000", "074938.812000", "074938.828000", "074943.812000", "074943.812000", "074943.828000", "074948.812000", "074948.812000", "074948.828000", "074948.828000", "074953.812000", "074953.812000", "074953.828000", "074953.828000", "074958.812000", "074958.828000", "074958.828000", "075003.812000", "075003.812000", "075003.812000", "075003.812000", "075008.812000", "075008.812000", "075008.812000", "075008.812000", "075013.812000", "075013.812000", "075013.828000", "075013.828000", "075018.812000", "075018.812000", "075018.812000", "075023.812000", "075023.812000", "075023.812000", "075023.812000", "075028.812000", "075028.812000", "075028.812000", "075028.812000", "075033.812000", "075033.812000", "075033.828000", "075033.828000", "075038.812000", "075038.812000", "075038.828000", "075043.812000", "075043.812000", "075043.812000", "075043.828000", "075048.812000", "075048.812000", "075048.812000", "075048.828000", "075053.812000", "075053.828000", "075053.828000", "075053.828000", "075058.812000", "075058.812000", "075058.812000", "075103.812000", "075103.812000", "075103.812000", "075103.812000", "075108.812000", "075108.812000", "075108.812000", "075108.812000", "075113.812000", "075113.812000", "075113.812000", "075118.812000", "075118.812000", "075118.812000", "075118.812000", "075123.812000", "075123.812000", "075123.812000", "075123.812000", "075128.812000", "075128.812000", "075128.812000", "075128.843000", "075133.812000", "075133.812000", "075133.812000", "075133.828000", "075138.812000", "075138.812000", "075138.812000", "075138.812000", "075143.812000", "075143.812000", "075143.812000", "075143.812000", "075148.812000", "075148.812000", "075148.812000", "075148.812000", "075153.812000", "075153.812000", "075153.812000", "075153.828000", "075158.812000", "075158.812000", "075158.812000", "075158.812000", "075203.812000", "075203.812000", "075203.812000", "075203.812000", "075208.812000", "075208.812000", "075208.812000", "075208.812000", "075213.812000", "075213.812000", "075213.812000", "075213.812000", "075218.812000", "075218.812000", "075218.812000", "075218.812000", "075223.812000", "075223.812000", "075223.812000", "075223.812000", "075228.812000", "075228.812000", "075228.812000", "075228.828000", "075233.812000", "075233.812000", "075233.812000", "075233.812000", "075238.812000", "075238.812000", "075238.812000", "075238.812000", "075243.812000", "075243.812000", "075243.828000", "075243.828000", "075248.812000", "075248.812000", "075248.812000", "075248.812000", "075253.812000", "075253.812000", "075253.828000", "075253.828000", "075257.359000", "075257.359000", "075257.359000"], "InstanceCreationTime": ["074128.906000", "074133.812000", "074133.812000", "074133.812000", "074133.812000", "074138.812000", "074138.812000", "074138.812000", "074138.812000", "074143.812000", "074143.812000", "074143.812000", "074148.812000", "074148.812000", "074148.812000", "074148.812000", "074153.812000", "074153.812000", "074153.812000", "074153.843000", "074158.812000", "074158.812000", "074158.812000", "074203.812000", "074203.812000", "074203.828000", "074203.828000", "074208.812000", "074208.812000", "074208.812000", "074208.812000", "074213.812000", "074213.812000", "074213.812000", "074213.828000", "074218.812000", "074218.812000", "074218.812000", "074223.812000", "074223.812000", "074223.828000", "074223.828000", "074228.812000", "074228.812000", "074228.812000", "074228.812000", "074233.812000", "074233.812000", "074233.812000", "074238.812000", "074238.812000", "074238.812000", "074238.812000", "074238.828000", "074243.812000", "074243.812000", "074243.828000", "074248.812000", "074248.812000", "074248.812000", "074248.812000", "074253.812000", "074253.812000", "074253.828000", "074258.812000", "074258.812000", "074258.812000", "074258.812000", "074303.812000", "074303.812000", "074303.812000", "074303.812000", "074308.812000", "074308.812000", "074308.812000", "074308.812000", "074313.812000", "074313.812000", "074313.812000", "074318.812000", "074318.812000", "074318.828000", "074318.828000", "074323.812000", "074323.812000", "074323.812000", "074323.812000", "074328.812000", "074328.812000", "074328.828000", "074328.828000", "074333.812000", "074333.812000", "074333.828000", "074338.812000", "074338.812000", "074338.812000", "074338.812000", "074343.812000", "074343.812000", "074343.812000", "074343.812000", "074348.812000", "074348.812000", "074348.828000", "074353.812000", "074353.812000", "074353.812000", "074353.812000", "074358.812000", "074358.812000", "074358.812000", "074358.812000", "074403.812000", "074403.812000", "074403.828000", "074408.812000", "074408.812000", "074408.812000", "074408.812000", "074413.812000", "074413.812000", "074413.812000", "074413.812000", "074418.812000", "074418.812000", "074418.812000", "074423.812000", "074423.812000", "074423.828000", "074423.828000", "074428.812000", "074428.812000", "074428.812000", "074433.812000", "074433.812000", "074433.828000", "074433.828000", "074438.812000", "074438.812000", "074438.812000", "074443.812000", "074443.812000", "074443.812000", "074443.812000", "074448.812000", "074448.812000", "074448.812000", "074448.812000", "074453.812000", "074453.812000", "074453.812000", "074458.812000", "074458.812000", "074458.812000", "074458.812000", "074503.812000", "074503.812000", "074503.812000", "074508.812000", "074508.828000", "074508.828000", "074508.828000", "074508.828000", "074513.812000", "074513.812000", "074513.812000", "074518.812000", "074518.812000", "074518.812000", "074518.828000", "074523.812000", "074523.812000", "074523.812000", "074523.812000", "074528.812000", "074528.812000", "074528.812000", "074533.812000", "074533.812000", "074533.828000", "074533.828000", "074538.812000", "074538.812000", "074538.828000", "074538.828000", "074543.812000", "074543.812000", "074543.812000", "074548.812000", "074548.812000", "074548.812000", "074548.812000", "074553.812000", "074553.812000", "074553.828000", "074558.812000", "074558.812000", "074558.828000", "074558.828000", "074558.828000", "074603.812000", "074603.812000", "074603.812000", "074608.812000", "074608.812000", "074608.812000", "074608.812000", "074613.812000", "074613.812000", "074613.812000", "074613.812000", "074618.812000", "074618.812000", "074618.812000", "074623.812000", "074623.812000", "074623.828000", "074623.828000", "074628.812000", "074628.812000", "074628.812000", "074628.812000", "074633.812000", "074633.812000", "074633.812000", "074638.812000", "074638.812000", "074638.812000", "074638.812000", "074643.812000", "074643.812000", "074643.812000", "074643.828000", "074648.812000", "074648.812000", "074648.812000", "074648.812000", "074658.812000", "074658.812000", "074658.812000", "074658.828000", "074658.828000", "074658.828000", "074658.828000", "074658.828000", "074703.812000", "074703.812000", "074703.828000", "074708.812000", "074708.812000", "074708.812000", "074708.812000", "074713.812000", "074713.812000", "074713.812000", "074713.828000", "074718.812000", "074718.812000", "074718.812000", "074718.812000", "074723.812000", "074723.812000", "074723.812000", "074723.828000", "074728.812000", "074728.812000", "074728.812000", "074728.828000", "074733.812000", "074733.828000", "074733.828000", "074738.812000", "074738.812000", "074738.812000", "074738.812000", "074743.812000", "074743.812000", "074743.828000", "074748.812000", "074748.812000", "074748.812000", "074748.812000", "074753.812000", "074753.812000", "074753.812000", "074753.812000", "074758.812000", "074758.812000", "074758.812000", "074758.812000", "074803.812000", "074803.812000", "074803.812000", "074808.812000", "074808.812000", "074808.812000", "074808.812000", "074813.812000", "074813.812000", "074813.812000", "074818.812000", "074818.812000", "074818.828000", "074818.828000", "074823.812000", "074823.812000", "074823.812000", "074828.812000", "074828.812000", "074828.812000", "074828.812000", "074828.828000", "074833.812000", "074833.812000", "074833.812000", "074833.828000", "074838.812000", "074838.812000", "074838.828000", "074843.812000", "074843.812000", "074843.812000", "074843.812000", "074848.812000", "074848.812000", "074848.828000", "074848.828000", "074853.812000", "074853.812000", "074853.812000", "074858.812000", "074858.812000", "074858.812000", "074858.812000", "074903.812000", "074903.812000", "074903.828000", "074903.828000", "074908.812000", "074908.812000", "074908.812000", "074908.812000", "074913.812000", "074913.812000", "074913.812000", "074913.812000", "074918.812000", "074918.812000", "074918.812000", "074923.812000", "074923.812000", "074923.812000", "074923.812000", "074928.812000", "074928.812000", "074928.812000", "074933.828000", "074933.828000", "074933.828000", "074933.828000", "074938.812000", "074938.812000", "074938.812000", "074938.828000", "074943.812000", "074943.812000", "074943.828000", "074948.812000", "074948.812000", "074948.828000", "074948.828000", "074953.812000", "074953.812000", "074953.828000", "074953.828000", "074958.812000", "074958.828000", "074958.828000", "075003.812000", "075003.812000", "075003.812000", "075003.812000", "075008.812000", "075008.812000", "075008.812000", "075008.812000", "075013.812000", "075013.812000", "075013.828000", "075013.828000", "075018.812000", "075018.812000", "075018.812000", "075023.812000", "075023.812000", "075023.812000", "075023.812000", "075028.812000", "075028.812000", "075028.812000", "075028.812000", "075033.812000", "075033.812000", "075033.828000", "075033.828000", "075038.812000", "075038.812000", "075038.828000", "075043.812000", "075043.812000", "075043.812000", "075043.828000", "075048.812000", "075048.812000", "075048.812000", "075048.828000", "075053.812000", "075053.828000", "075053.828000", "075053.828000", "075058.812000", "075058.812000", "075058.812000", "075103.812000", "075103.812000", "075103.812000", "075103.812000", "075108.812000", "075108.812000", "075108.812000", "075108.812000", "075113.812000", "075113.812000", "075113.812000", "075118.812000", "075118.812000", "075118.812000", "075118.812000", "075123.812000", "075123.812000", "075123.812000", "075123.812000", "075128.812000", "075128.812000", "075128.812000", "075128.843000", "075133.812000", "075133.812000", "075133.812000", "075133.828000", "075138.812000", "075138.812000", "075138.812000", "075138.812000", "075143.812000", "075143.812000", "075143.812000", "075143.812000", "075148.812000", "075148.812000", "075148.812000", "075148.812000", "075153.812000", "075153.812000", "075153.812000", "075153.828000", "075158.812000", "075158.812000", "075158.812000", "075158.812000", "075203.812000", "075203.812000", "075203.812000", "075203.812000", "075208.812000", "075208.812000", "075208.812000", "075208.812000", "075213.812000", "075213.812000", "075213.812000", "075213.812000", "075218.812000", "075218.812000", "075218.812000", "075218.812000", "075223.812000", "075223.812000", "075223.812000", "075223.812000", "075228.812000", "075228.812000", "075228.812000", "075228.828000", "075233.812000", "075233.812000", "075233.812000", "075233.812000", "075238.812000", "075238.812000", "075238.812000", "075238.812000", "075243.812000", "075243.812000", "075243.828000", "075243.828000", "075248.812000", "075248.812000", "075248.812000", "075248.812000", "075253.812000", "075253.812000", "075253.828000", "075253.828000", "075257.359000", "075257.359000", "075257.359000"], "InstanceNumber": [1, 2, 3, 4, 5, 6, 7, 8, 9, 10, 11, 12, 13, 14, 15, 16, 17, 18, 19, 20, 21, 22, 23, 24, 25, 26, 27, 28, 29, 30, 31, 32, 33, 34, 35, 36, 37, 38, 39, 40, 41, 42, 43, 44, 45, 46, 47, 48, 49, 50, 51, 52, 53, 54, 55, 56, 57, 58, 59, 60, 61, 62, 63, 64, 65, 66, 67, 68, 69, 70, 71, 72, 73, 74, 75, 76, 77, 78, 79, 80, 81, 82, 83, 84, 85, 86, 87, 88, 89, 90, 91, 92, 93, 94, 95, 96, 97, 98, 99, 100, 101, 102, 103, 104, 105, 106, 107, 108, 109, 110, 111, 112, 113, 114, 115, 116, 117, 118, 119, 120, 121, 122, 123, 124, 125, 126, 127, 128, 129, 130, 131, 132, 133, 134, 135, 136, 137, 138, 139, 140, 141, 142, 143, 144, 145, 146, 147, 148, 149, 150, 151, 152, 153, 154, 155, 156, 157, 158, 159, 160, 161, 162, 163, 164, 165, 166, 167, 168, 169, 170, 171, 172, 173, 174, 175, 176, 177, 178, 179, 180, 181, 182, 183, 184, 185, 186, 187, 188, 189, 190, 191, 192, 193, 194, 195, 196, 197, 198, 199, 200, 201, 202, 203, 204, 205, 206, 207, 208, 209, 210, 211, 212, 213, 214, 215, 216, 217, 218, 219, 220, 221, 222, 223, 224, 225, 226, 227, 228, 229, 230, 231, 232, 233, 234, 235, 236, 237, 238, 239, 240, 241, 242, 243, 244, 245, 246, 247, 248, 249, 250, 251, 252, 253, 254, 255, 256, 257, 258, 259, 260, 261, 262, 263, 264, 265, 266, 267, 268, 269, 270, 271, 272, 273, 274, 275, 276, 277, 278, 279, 280, 281, 282, 283, 284, 285, 286, 287, 288, 289, 290, 291, 292, 293, 294, 295, 296, 297, 298, 299, 300, 301, 302, 303, 304, 305, 306, 307, 308, 309, 310, 311, 312, 313, 314, 315, 316, 317, 318, 319, 320, 321, 322, 323, 324, 325, 326, 327, 328, 329, 330, 331, 332, 333, 334, 335, 336, 337, 338, 339, 340, 341, 342, 343, 344, 345, 346, 347, 348, 349, 350, 351, 352, 353, 354, 355, 356, 357, 358, 359, 360, 361, 362, 363, 364, 365, 366, 367, 368, 369, 370, 371, 372, 373, 374, 375, 376, 377, 378, 379, 380, 381, 382, 383, 384, 385, 386, 387, 388, 389, 390, 391, 392, 393, 394, 395, 396, 397, 398, 399, 400, 401, 402, 403, 404, 405, 406, 407, 408, 409, 410, 411, 412, 413, 414, 415, 416, 417, 418, 419, 420, 421, 422, 423, 424, 425, 426, 427, 428, 429, 430, 431, 432, 433, 434, 435, 436, 437, 438, 439, 440, 441, 442, 443, 444, 445, 446, 447, 448, 449, 450, 451, 452, 453, 454, 455, 456, 457, 458, 459, 460, 461, 462, 463, 464, 465, 466, 467, 468, 469, 470, 471, 472, 473, 474, 475, 476, 477, 478, 479, 480, 481, 482, 483, 484, 485, 486, 487, 488, 489, 490, 491, 492, 493, 494, 495, 496, 497, 498, 499, 500, 501, 502, 503, 504, 505, 506, 507, 508, 509, 510, 511, 512, 513, 514, 515, 516, 517, 518], "LargestImagePixelValue": [31181, 32680, 27938, 29046, 28166, 38053, 29968, 32540, 33928, 27771, 31003, 27829, 34153, 27900, 30608, 27963, 28893, 31508, 34093, 30546, 27943, 35433, 27810, 32523, 28027, 33345, 33099, 27915, 32370, 31179, 28066, 31964, 30325, 30353, 27850, 28073, 37194, 28020, 32220, 27939, 33506, 30248, 31373, 31536, 28057, 28194, 27805, 29123, 27910, 31547, 28312, 32274, 31290, 28044, 28077, 28197, 33055, 27836, 34536, 30144, 31826, 28225, 30940, 27964, 32210, 27999, 27917, 28180, 31272, 27700, 27906, 32279, 28017, 31598, 27656, 29627, 34263, 35206, 31484, 30853, 30181, 27867, 35683, 28931, 32041, 27891, 28045, 28804, 32966, 28369, 27876, 34581, 28049, 30082, 27843, 27955, 32356, 27840, 31223, 32440, 27939, 27880, 31196, 29556, 30551, 27637, 27927, 35171, 31884, 31054, 32773, 27736, 34503, 31785, 31849, 31814, 28054, 35574, 29600, 32035, 31889, 28585, 30774, 27809, 31239, 27683, 27597, 27800, 32727, 33603, 29476, 35468, 27797, 32397, 30520, 34956, 31949, 27742, 31741, 32593, 27867, 28117, 27900, 27838, 30519, 31670, 27728, 28010, 27848, 28223, 32145, 30805, 30209, 32389, 27845, 27830, 34658, 33195, 28006, 30719, 31875, 27663, 27916, 34125, 33427, 30815, 32022, 32527, 28121, 27903, 32457, 28533, 29785, 27637, 27611, 35233, 37462, 30407, 32405, 30787, 27587, 27698, 37571, 28106, 33253, 28056, 28947, 27745, 31775, 32886, 27887, 35795, 28043, 28800, 32182, 28030, 34807, 27787, 31549, 31837, 28806, 33527, 28673, 32328, 30143, 31287, 38301, 29715, 28268, 31829, 28155, 27904, 27570, 27713, 31278, 30882, 27944, 34449, 30599, 27850, 32208, 31729, 27732, 28077, 29008, 27613, 27537, 30939, 30794, 28005, 35337, 27892, 32289, 29065, 28034, 36333, 28057, 32225, 27730, 28128, 30792, 33104, 29342, 30723, 27703, 32515, 28956, 28016, 29392, 35577, 27453, 32721, 27693, 27768, 33124, 32942, 28051, 32576, 27478, 35269, 29614, 28205, 30296, 28066, 27877, 27915, 35470, 29284, 31569, 28187, 29269, 27707, 27547, 31537, 27591, 28303, 34681, 28801, 31562, 31994, 29310, 27511, 33088, 34666, 30057, 35079, 28268, 31558, 31485, 27256, 33116, 27505, 30317, 31933, 31035, 29307, 27332, 32506, 27329, 31501, 27785, 27776, 27416, 27530, 33982, 28762, 35157, 28823, 32772, 30490, 27486, 28148, 27581, 28954, 27393, 33468, 35061, 29105, 32776, 32803, 27470, 31375, 29081, 27824, 32848, 27661, 27616, 32798, 27536, 27561, 27320, 31023, 36702, 29997, 31547, 33058, 27492, 37420, 32997, 33149, 32948, 27484, 31213, 32795, 29928, 27263, 27698, 30941, 30216, 27346, 27785, 31718, 27577, 30645, 28767, 31032, 32133, 27519, 27535, 36118, 27652, 29827, 27914, 27545, 33585, 31957, 32161, 31757, 27606, 34154, 27491, 32611, 32934, 28235, 35616, 28589, 32601, 33047, 30608, 27623, 27750, 27562, 28360, 27623, 27442, 27246, 32813, 36346, 27632, 32024, 30859, 29164, 30644, 33470, 35695, 28830, 32465, 31514, 30480, 31647, 27341, 33724, 27225, 27529, 31267, 27676, 34997, 27524, 32988, 31333, 27906, 27861, 27294, 27465, 27457, 27418, 34737, 27769, 32341, 33454, 28443, 28013, 32541, 31286, 28486, 27434, 33888, 35126, 29285, 32941, 27536, 34784, 32347, 29510, 32558, 27578, 27627, 29759, 33936, 27446, 27565, 30672, 27767, 34194, 36596, 37684, 32890, 32419, 33384, 31969, 27577, 33416, 31688, 30515, 27416, 27703, 27374, 33453, 27557, 32828, 28502, 32056, 28147, 32689, 27618, 28769, 30737, 27430, 32502, 27417, 27877, 30514, 27772, 27886, 33200, 27511, 32843, 29124, 32405, 27399, 28997, 30726, 28281, 31606, 27523, 27519, 28464, 31376, 32521, 27463, 32911, 35256, 29463, 31253, 32157, 32977, 27920, 27442, 29928, 27532, 27544, 29719, 27969, 27474, 29440, 32482, 27304, 30185, 28635, 27298, 34374, 32780, 31134, 35880, 27990, 31851, 32560, 35813], "WindowCenter": [10195.0, 10212.0, 10180.0, 10182.0, 10171.0, 10187.0, 10180.0, 10164.0, 10191.0, 10175.0, 10181.0, 10175.0, 10182.0, 10142.0, 10163.0, 10151.0, 10157.0, 10198.0, 10185.0, 10189.0, 10157.0, 10184.0, 10171.0, 10182.0, 10176.0, 10188.0, 10164.0, 10144.0, 10163.0, 10153.0, 10150.0, 10171.0, 10169.0, 10173.0, 10173.0, 10168.0, 10196.0, 10180.0, 10194.0, 10173.0, 10209.0, 10180.0, 10204.0, 10201.0, 10179.0, 10169.0, 10171.0, 10197.0, 10186.0, 10189.0, 10178.0, 10184.0, 10187.0, 10143.0, 10161.0, 10143.0, 10175.0, 10147.0, 10195.0, 10154.0, 10151.0, 10126.0, 10151.0, 10151.0, 10166.0, 10158.0, 10141.0, 10159.0, 10173.0, 10151.0, 10156.0, 10185.0, 10168.0, 10192.0, 10188.0, 10175.0, 10194.0, 10206.0, 10153.0, 10153.0, 10138.0, 10137.0, 10146.0, 10143.0, 10154.0, 10129.0, 10141.0, 10133.0, 10152.0, 10120.0, 10113.0, 10131.0, 10111.0, 10128.0, 10141.0, 10116.0, 10137.0, 10145.0, 10141.0, 10126.0, 10104.0, 10133.0, 10164.0, 10158.0, 10148.0, 10143.0, 10172.0, 10183.0, 10158.0, 10164.0, 10161.0, 10161.0, 10179.0, 10170.0, 10162.0, 10161.0, 10149.0, 10161.0, 10156.0, 10141.0, 10143.0, 10130.0, 10150.0, 10140.0, 10171.0, 10143.0, 10148.0, 10151.0, 10181.0, 10165.0, 10136.0, 10161.0, 10130.0, 10135.0, 10124.0, 10134.0, 10129.0, 10102.0, 10109.0, 10121.0, 10122.0, 10128.0, 10117.0, 10121.0, 10138.0, 10136.0, 10132.0, 10134.0, 10132.0, 10136.0, 10160.0, 10156.0, 10144.0, 10153.0, 10124.0, 10143.0, 10173.0, 10151.0, 10149.0, 10166.0, 10174.0, 10147.0, 10128.0, 10162.0, 10160.0, 10146.0, 10159.0, 10150.0, 10137.0, 10139.0, 10141.0, 10130.0, 10174.0, 10166.0, 10151.0, 10172.0, 10169.0, 10142.0, 10139.0, 10143.0, 10116.0, 10110.0, 10147.0, 10105.0, 10145.0, 10115.0, 10132.0, 10124.0, 10131.0, 10136.0, 10136.0, 10140.0, 10124.0, 10138.0, 10137.0, 10127.0, 10147.0, 10138.0, 10145.0, 10128.0, 10132.0, 10152.0, 10143.0, 10155.0, 10125.0, 10129.0, 10143.0, 10132.0, 10100.0, 10145.0, 10122.0, 10120.0, 10148.0, 10157.0, 10160.0, 10146.0, 10121.0, 10157.0, 10154.0, 10128.0, 10172.0, 10141.0, 10140.0, 10148.0, 10149.0, 10140.0, 10162.0, 10162.0, 10173.0, 10142.0, 10146.0, 10113.0, 10143.0, 10130.0, 10128.0, 10134.0, 10105.0, 10123.0, 10091.0, 10106.0, 10109.0, 10104.0, 10109.0, 10113.0, 10104.0, 10148.0, 10114.0, 10130.0, 10113.0, 10130.0, 10120.0, 10138.0, 10111.0, 10130.0, 10149.0, 10152.0, 10134.0, 10130.0, 10114.0, 10152.0, 10146.0, 10133.0, 10159.0, 10134.0, 10152.0, 10139.0, 10159.0, 10136.0, 10141.0, 10143.0, 10132.0, 10138.0, 10149.0, 10164.0, 10143.0, 10157.0, 10165.0, 10145.0, 10171.0, 10151.0, 10136.0, 10122.0, 10157.0, 10156.0, 10119.0, 10125.0, 10103.0, 10113.0, 10104.0, 10091.0, 10127.0, 10112.0, 10119.0, 10132.0, 10113.0, 10097.0, 10100.0, 10132.0, 10091.0, 10129.0, 10114.0, 10121.0, 10116.0, 10109.0, 10132.0, 10122.0, 10138.0, 10133.0, 10125.0, 10116.0, 10115.0, 10118.0, 10132.0, 10138.0, 10140.0, 10122.0, 10141.0, 10121.0, 10130.0, 10128.0, 10102.0, 10121.0, 10105.0, 10116.0, 10129.0, 10119.0, 10111.0, 10140.0, 10126.0, 10132.0, 10153.0, 10151.0, 10165.0, 10152.0, 10132.0, 10128.0, 10113.0, 10131.0, 10117.0, 10119.0, 10098.0, 10097.0, 10096.0, 10100.0, 10087.0, 10080.0, 10077.0, 10104.0, 10095.0, 10086.0, 10115.0, 10121.0, 10103.0, 10115.0, 10117.0, 10136.0, 10147.0, 10127.0, 10102.0, 10152.0, 10112.0, 10130.0, 10116.0, 10122.0, 10157.0, 10156.0, 10137.0, 10141.0, 10108.0, 10154.0, 10111.0, 10143.0, 10126.0, 10106.0, 10146.0, 10101.0, 10121.0, 10117.0, 10103.0, 10084.0, 10086.0, 10099.0, 10120.0, 10116.0, 10146.0, 10143.0, 10133.0, 10156.0, 10126.0, 10130.0, 10131.0, 10098.0, 10112.0, 10120.0, 10102.0, 10075.0, 10092.0, 10094.0, 10082.0, 10094.0, 10085.0, 10096.0, 10082.0, 10091.0, 10114.0, 10107.0, 10116.0, 10094.0, 10125.0, 10101.0, 10107.0, 10104.0, 10129.0, 10117.0, 10115.0, 10127.0, 10139.0, 10132.0, 10167.0, 10157.0, 10135.0, 10128.0, 10142.0, 10136.0, 10133.0, 10130.0, 10132.0, 10152.0, 10122.0, 10110.0, 10126.0, 10158.0, 10135.0, 10137.0, 10131.0, 10101.0, 10120.0, 10112.0, 10142.0, 10114.0, 10126.0, 10141.0, 10133.0, 10147.0, 10145.0, 10118.0, 10084.0, 10095.0, 10082.0, 10080.0, 10066.0, 10084.0, 10061.0, 10091.0, 10074.0, 10068.0, 10111.0, 10123.0, 10101.0, 10116.0, 10078.0, 10105.0, 10087.0, 10099.0, 10102.0, 10092.0, 10105.0, 10109.0, 10114.0, 10098.0, 10108.0, 10114.0, 10099.0, 10104.0, 10143.0, 10122.0, 10130.0, 10124.0, 10131.0, 10108.0, 10113.0, 10124.0, 10125.0, 10132.0, 10113.0, 10113.0, 10150.0, 10142.0, 10134.0, 10090.0, 10120.0, 10112.0, 10092.0, 10082.0, 10089.0, 10092.0, 10062.0, 10059.0, 10091.0, 10072.0, 10080.0, 10120.0, 10109.0, 10112.0, 10130.0, 10161.0, 10111.0, 10125.0, 10142.0, 10129.0, 10175.0, 10156.0, 10179.0, 10164.0, 10150.0, 10115.0, 10120.0, 10122.0], "WindowWidth": [21658.0, 21683.0, 21616.0, 21616.0, 21592.0, 21624.0, 21604.0, 21581.0, 21632.0, 21598.0, 21610.0, 21593.0, 21606.0, 21528.0, 21572.0, 21554.0, 21567.0, 21644.0, 21617.0, 21618.0, 21558.0, 21616.0, 21588.0, 21613.0, 21597.0, 21615.0, 21570.0, 21529.0, 21567.0, 21551.0, 21552.0, 21588.0, 21586.0, 21595.0, 21594.0, 21586.0, 21642.0, 21614.0, 21638.0, 21595.0, 21663.0, 21611.0, 21654.0, 21652.0, 21606.0, 21586.0, 21592.0, 21650.0, 21626.0, 21635.0, 21610.0, 21621.0, 21621.0, 21536.0, 21566.0, 21538.0, 21594.0, 21538.0, 21626.0, 21549.0, 21544.0, 21502.0, 21547.0, 21546.0, 21577.0, 21559.0, 21526.0, 21566.0, 21592.0, 21551.0, 21564.0, 21623.0, 21590.0, 21638.0, 21630.0, 21606.0, 21638.0, 21658.0, 21560.0, 21556.0, 21519.0, 21508.0, 21528.0, 21519.0, 21541.0, 21497.0, 21520.0, 21502.0, 21535.0, 21467.0, 21452.0, 21488.0, 21449.0, 21487.0, 21513.0, 21469.0, 21507.0, 21518.0, 21515.0, 21489.0, 21448.0, 21503.0, 21559.0, 21552.0, 21540.0, 21529.0, 21578.0, 21606.0, 21565.0, 21571.0, 21562.0, 21563.0, 21603.0, 21583.0, 21565.0, 21563.0, 21538.0, 21557.0, 21541.0, 21517.0, 21518.0, 21495.0, 21534.0, 21522.0, 21583.0, 21529.0, 21539.0, 21543.0, 21601.0, 21568.0, 21511.0, 21557.0, 21495.0, 21502.0, 21472.0, 21490.0, 21477.0, 21426.0, 21446.0, 21472.0, 21478.0, 21487.0, 21462.0, 21476.0, 21508.0, 21502.0, 21500.0, 21505.0, 21505.0, 21516.0, 21560.0, 21546.0, 21523.0, 21539.0, 21484.0, 21517.0, 21576.0, 21537.0, 21531.0, 21569.0, 21587.0, 21534.0, 21499.0, 21561.0, 21555.0, 21526.0, 21549.0, 21531.0, 21503.0, 21508.0, 21523.0, 21502.0, 21586.0, 21574.0, 21546.0, 21585.0, 21580.0, 21521.0, 21516.0, 21519.0, 21463.0, 21448.0, 21519.0, 21443.0, 21514.0, 21459.0, 21494.0, 21480.0, 21495.0, 21503.0, 21510.0, 21512.0, 21479.0, 21506.0, 21515.0, 21495.0, 21532.0, 21511.0, 21526.0, 21491.0, 21494.0, 21533.0, 21517.0, 21543.0, 21477.0, 21482.0, 21508.0, 21486.0, 21425.0, 21522.0, 21480.0, 21474.0, 21533.0, 21554.0, 21561.0, 21533.0, 21483.0, 21551.0, 21536.0, 21491.0, 21575.0, 21514.0, 21512.0, 21533.0, 21532.0, 21520.0, 21566.0, 21568.0, 21581.0, 21521.0, 21532.0, 21461.0, 21517.0, 21488.0, 21480.0, 21494.0, 21435.0, 21475.0, 21411.0, 21436.0, 21442.0, 21437.0, 21439.0, 21446.0, 21432.0, 21518.0, 21458.0, 21486.0, 21450.0, 21484.0, 21466.0, 21506.0, 21457.0, 21491.0, 21532.0, 21541.0, 21496.0, 21488.0, 21454.0, 21527.0, 21518.0, 21497.0, 21557.0, 21505.0, 21535.0, 21511.0, 21552.0, 21503.0, 21522.0, 21514.0, 21494.0, 21508.0, 21535.0, 21576.0, 21527.0, 21549.0, 21568.0, 21528.0, 21578.0, 21537.0, 21504.0, 21473.0, 21540.0, 21535.0, 21462.0, 21474.0, 21432.0, 21449.0, 21432.0, 21410.0, 21480.0, 21449.0, 21461.0, 21491.0, 21450.0, 21416.0, 21420.0, 21485.0, 21408.0, 21478.0, 21459.0, 21467.0, 21458.0, 21449.0, 21493.0, 21466.0, 21500.0, 21492.0, 21475.0, 21459.0, 21459.0, 21472.0, 21499.0, 21512.0, 21512.0, 21479.0, 21506.0, 21465.0, 21485.0, 21481.0, 21426.0, 21464.0, 21433.0, 21464.0, 21487.0, 21468.0, 21455.0, 21516.0, 21487.0, 21507.0, 21544.0, 21540.0, 21565.0, 21535.0, 21498.0, 21484.0, 21446.0, 21482.0, 21448.0, 21454.0, 21416.0, 21413.0, 21410.0, 21413.0, 21386.0, 21372.0, 21366.0, 21418.0, 21406.0, 21393.0, 21451.0, 21461.0, 21430.0, 21456.0, 21456.0, 21493.0, 21517.0, 21480.0, 21434.0, 21528.0, 21453.0, 21493.0, 21467.0, 21479.0, 21548.0, 21542.0, 21505.0, 21509.0, 21448.0, 21529.0, 21451.0, 21513.0, 21476.0, 21432.0, 21505.0, 21426.0, 21462.0, 21449.0, 21421.0, 21388.0, 21386.0, 21418.0, 21463.0, 21459.0, 21523.0, 21518.0, 21497.0, 21536.0, 21475.0, 21491.0, 21480.0, 21419.0, 21442.0, 21456.0, 21421.0, 21370.0, 21403.0, 21410.0, 21382.0, 21399.0, 21381.0, 21407.0, 21381.0, 21397.0, 21452.0, 21433.0, 21449.0, 21409.0, 21467.0, 21423.0, 21439.0, 21432.0, 21484.0, 21468.0, 21464.0, 21484.0, 21512.0, 21492.0, 21557.0, 21543.0, 21498.0, 21486.0, 21518.0, 21504.0, 21500.0, 21489.0, 21495.0, 21528.0, 21476.0, 21453.0, 21475.0, 21534.0, 21493.0, 21499.0, 21484.0, 21429.0, 21462.0, 21451.0, 21508.0, 21454.0, 21488.0, 21514.0, 21495.0, 21518.0, 21509.0, 21456.0, 21379.0, 21396.0, 21372.0, 21367.0, 21341.0, 21375.0, 21333.0, 21393.0, 21364.0, 21358.0, 21435.0, 21469.0, 21418.0, 21445.0, 21374.0, 21428.0, 21393.0, 21419.0, 21426.0, 21406.0, 21428.0, 21436.0, 21451.0, 21416.0, 21434.0, 21453.0, 21427.0, 21429.0, 21507.0, 21467.0, 21487.0, 21471.0, 21495.0, 21440.0, 21452.0, 21480.0, 21472.0, 21498.0, 21457.0, 21459.0, 21530.0, 21519.0, 21496.0, 21406.0, 21459.0, 21446.0, 21395.0, 21374.0, 21385.0, 21388.0, 21334.0, 21327.0, 21388.0, 21357.0, 21374.0, 21459.0, 21449.0, 21449.0, 21490.0, 21549.0, 21455.0, 21483.0, 21509.0, 21491.0, 21580.0, 21540.0, 21608.0, 21567.0, 21532.0, 21466.0, 21457.0, 21453.0]}, "slices": {}}}