{"AcquisitionMatrixPE": 96, "AcquisitionNumber": 1, "AcquisitionTime": "07:31:31.695000", "BandwidthPerPixelPhaseEncode": 33.602, "BaseResolution": 96, "BodyPartExamined": "BRAIN", "ConsistencyInfo": "N4_VD11D_LATEST_20110129", "ConversionSoftware": "dcm2niix", "ConversionSoftwareVersion": "v1.0.20210317", "DerivedVendorReportedEchoSpacing": 0.000620003, "DeviceSerialNumber": "45239", "DwellTime": 2.6e-06, "EchoTime": 0.03, "EchoTrainLength": 48, "EffectiveEchoSpacing": 0.000310001, "FlipAngle": 63, "ImageComments": "Unaliased MB4/PE3", "ImageOrientationPatientDICOM": [0.999998, -0.00176967, 0.00094093, 0.00200427, 0.882946, -0.469471], "ImageType": ["ORIGINAL", "PRIMARY", "M", "ND", "NORM", "MOSAIC"], "ImagingFrequency": 123.193, "InPlanePhaseEncodingDirectionDICOM": "COL", "InstitutionAddress": "E 24th St. 100,Austin,Southmiddle,US,78712", "InstitutionName": "Univ of Texas at Austin", "InstitutionalDepartmentName": "IRC", "MRAcquisitionType": "2D", "MagneticFieldStrength": 3, "Manufacturer": "Siemens", "ManufacturersModelName": "Skyra", "Modality": "MR", "MultibandAccelerationFactor": 4, "ParallelReductionFactorInPlane": 2, "PartialFourier": 1, "PatientPosition": "HFS", "PercentPhaseFOV": 100, "PercentSampling": 100, "PhaseEncodingDirection": "j-", "PhaseEncodingSteps": 96, "PhaseResolution": 1, "PixelBandwidth": 2005, "ProcedureStepDescription": "Poldrack2^self-scanning", "ProtocolName": "Resting State fMRI MBEPI_matrix96_BW2004", "PulseSequenceDetails": "%CustomerSeq%\\cmrr_mbep2d_bold", "ReceiveCoilActiveElements": "HEA;HEP", "ReceiveCoilName": "Head_32", "ReconMatrixPE": 96, "RefLinesPE": 94, "RepetitionTime": 1.16, "SAR": 0.104223, "ScanOptions": "FS", "ScanningSequence": "EP", "SequenceName": "epfid2d1_96", "SequenceVariant": "SK", "SeriesDescription": "Resting State fMRI MBEPI_matrix96_BW2004", "SeriesNumber": 6, "ShimSetting": [-2778, 8053, -15401, 170, -169, 161, 279, -47], "SliceThickness": 2, "SliceTiming": [0, 0.5, 0.9975, 0.3575, 0.855, 0.215, 0.7125, 0.0725, 0.57, 1.07, 0.4275, 0.9275, 0.285, 0.785, 0.1425, 0.6425, 0, 0.5, 0.9975, 0.3575, 0.855, 0.215, 0.7125, 0.0725, 0.57, 1.07, 0.4275, 0.9275, 0.285, 0.785, 0.1425, 0.6425, 0, 0.5, 0.9975, 0.3575, 0.855, 0.215, 0.7125, 0.0725, 0.57, 1.07, 0.4275, 0.9275, 0.285, 0.785, 0.1425, 0.6425, 0, 0.5, 0.9975, 0.3575, 0.855, 0.215, 0.7125, 0.0725, 0.57, 1.07, 0.4275, 0.9275, 0.285, 0.785, 0.1425, 0.6425], "SoftwareVersions": "syngo MR D11", "SpacingBetweenSlices": 2.4, "StationName": "AWP45239", "TaskName": "Resting fmri", "TotalReadoutTime": 0.0294501, "TxRefAmp": 343.449, "WipMemBlock": "3a715330-9047-4cd6-bebd-c7a355d5f805||Sequence: VD11D r206; Feb 13 2013 18:52:04 by eja", "dcmmeta_affine": [[-2.3958284854888916, 0.0048018950037658215, -4.832212496808097e-08, 118.77759552001953], [0.004239844623953104, 2.1153910160064697, -1.1267317533493042, -85.2388687133789], [0.00225431052967906, 1.1247732639312744, 2.1190741062164307, -79.59710693359375], [0.0, 0.0, 0.0, 1.0]], "dcmmeta_reorient_transform": [[0.0, -1.0, 0.0, 95.0], [1.0, 0.0, 0.0, 0.0], [0.0, 0.0, 1.0, 0.0], [0.0, 0.0, 0.0, 1.0]], "dcmmeta_shape": [96, 96, 64, 518], "dcmmeta_slice_dim": 2, "dcmmeta_version": 0.6, "global": {"const": {"AcquisitionMatrix": [96, 0, 0, 96], "AngioFlag": "N", "BitsAllocated": 16, "BitsStored": 16, "BodyPartExamined": "BRAIN", "Columns": 768, "EchoNumbers": 1, "EchoTime": 30.0, "EchoTrainLength": 48, "FlipAngle": 63.0, "HighBit": 15, "ImageOrientationPatient": [0.99999799145016, -0.0017696742674, 0.00094092966162, 0.00200426935329, 0.88294582641879, -0.4694706066561], "ImagePositionPatient": [-925.84556746504, -825.07005264965, 404.42273676342], "ImageType": ["ORIGINAL", "PRIMARY", "M", "ND", "NORM", "MOSAIC"], "ImagedNucleus": "1H", "ImagingFrequency": 123.193137, "InPlanePhaseEncodingDirection": "COL", "MRAcquisitionType": "2D", "MagneticFieldStrength": 3.0, "Manufacturer": "SIEMENS", "ManufacturerModelName": "Skyra", "Modality": "MR", "NumberOfAverages": 1.0, "NumberOfPhaseEncodingSteps": 96, "PercentPhaseFieldOfView": 100.0, "PercentSampling": 100.0, "PerformedProcedureStepStartTime": "072126.078000", "PhotometricInterpretation": "MONOCHROME2", "PixelBandwidth": 2005.0, "PixelRepresentation": 0, "PixelSpacing": [2.3958332538605, 2.3958332538605], "ProtocolName": "Resting State fMRI MBEPI_matrix96_BW2004", "RepetitionTime": 1160.0, "Rows": 768, "SAR": 0.10422346354285, "SamplesPerPixel": 1, "ScanOptions": "FS", "ScanningSequence": "EP", "SequenceName": "epfid2d1_96", "SequenceVariant": "SK", "SeriesDescription": "Resting State fMRI MBEPI_matrix96_BW2004", "SeriesNumber": 6, "SeriesTime": "073210.718000", "SliceLocation": -30.262850005588, "SliceThickness": 2.0, "SmallestImagePixelValue": 0, "SoftwareVersions": "syngo MR D11", "SpacingBetweenSlices": 2.3999999541751, "SpecificCharacterSet": "ISO_IR 100", "StudyID": "1", "StudyTime": "072125.968000", "TransmitCoilName": "Body", "VariableFlipAngleFlag": "N", "WindowCenterWidthExplanation": "Algo1", "dBdt": 0.0}, "slices": {}}, "time": {"samples": {"AcquisitionNumber": [1, 2, 3, 4, 5, 6, 7, 8, 9, 10, 11, 12, 13, 14, 15, 16, 17, 18, 19, 20, 21, 22, 23, 24, 25, 26, 27, 28, 29, 30, 31, 32, 33, 34, 35, 36, 37, 38, 39, 40, 41, 42, 43, 44, 45, 46, 47, 48, 49, 50, 51, 52, 53, 54, 55, 56, 57, 58, 59, 60, 61, 62, 63, 64, 65, 66, 67, 68, 69, 70, 71, 72, 73, 74, 75, 76, 77, 78, 79, 80, 81, 82, 83, 84, 85, 86, 87, 88, 89, 90, 91, 92, 93, 94, 95, 96, 97, 98, 99, 100, 101, 102, 103, 104, 105, 106, 107, 108, 109, 110, 111, 112, 113, 114, 115, 116, 117, 118, 119, 120, 121, 122, 123, 124, 125, 126, 127, 128, 129, 130, 131, 132, 133, 134, 135, 136, 137, 138, 139, 140, 141, 142, 143, 144, 145, 146, 147, 148, 149, 150, 151, 152, 153, 154, 155, 156, 157, 158, 159, 160, 161, 162, 163, 164, 165, 166, 167, 168, 169, 170, 171, 172, 173, 174, 175, 176, 177, 178, 179, 180, 181, 182, 183, 184, 185, 186, 187, 188, 189, 190, 191, 192, 193, 194, 195, 196, 197, 198, 199, 200, 201, 202, 203, 204, 205, 206, 207, 208, 209, 210, 211, 212, 213, 214, 215, 216, 217, 218, 219, 220, 221, 222, 223, 224, 225, 226, 227, 228, 229, 230, 231, 232, 233, 234, 235, 236, 237, 238, 239, 240, 241, 242, 243, 244, 245, 246, 247, 248, 249, 250, 251, 252, 253, 254, 255, 256, 257, 258, 259, 260, 261, 262, 263, 264, 265, 266, 267, 268, 269, 270, 271, 272, 273, 274, 275, 276, 277, 278, 279, 280, 281, 282, 283, 284, 285, 286, 287, 288, 289, 290, 291, 292, 293, 294, 295, 296, 297, 298, 299, 300, 301, 302, 303, 304, 305, 306, 307, 308, 309, 310, 311, 312, 313, 314, 315, 316, 317, 318, 319, 320, 321, 322, 323, 324, 325, 326, 327, 328, 329, 330, 331, 332, 333, 334, 335, 336, 337, 338, 339, 340, 341, 342, 343, 344, 345, 346, 347, 348, 349, 350, 351, 352, 353, 354, 355, 356, 357, 358, 359, 360, 361, 362, 363, 364, 365, 366, 367, 368, 369, 370, 371, 372, 373, 374, 375, 376, 377, 378, 379, 380, 381, 382, 383, 384, 385, 386, 387, 388, 389, 390, 391, 392, 393, 394, 395, 396, 397, 398, 399, 400, 401, 402, 403, 404, 405, 406, 407, 408, 409, 410, 411, 412, 413, 414, 415, 416, 417, 418, 419, 420, 421, 422, 423, 424, 425, 426, 427, 428, 429, 430, 431, 432, 433, 434, 435, 436, 437, 438, 439, 440, 441, 442, 443, 444, 445, 446, 447, 448, 449, 450, 451, 452, 453, 454, 455, 456, 457, 458, 459, 460, 461, 462, 463, 464, 465, 466, 467, 468, 469, 470, 471, 472, 473, 474, 475, 476, 477, 478, 479, 480, 481, 482, 483, 484, 485, 486, 487, 488, 489, 490, 491, 492, 493, 494, 495, 496, 497, 498, 499, 500, 501, 502, 503, 504, 505, 506, 507, 508, 509, 510, 511, 512, 513, 514, 515, 516, 517, 518], "AcquisitionTime": ["073131.695000", "073200.695000", "073201.855000", "073203.015000", "073204.175000", "073205.335000", "073206.495000", "073207.655000", "073208.815000", "073209.975000", "073211.135000", "073212.295000", "073213.455000", "073214.615000", "073215.775000", "073216.935000", "073218.095000", "073219.255000", "073220.415000", "073221.575000", "073222.735000", "073223.895000", "073225.055000", "073226.215000", "073227.375000", "073228.535000", "073229.695000", "073230.855000", "073232.015000", "073233.175000", "073234.335000", "073235.495000", "073236.655000", "073237.815000", "073238.975000", "073240.135000", "073241.295000", "073242.455000", "073243.615000", "073244.775000", "073245.935000", "073247.095000", "073248.255000", "073249.415000", "073250.575000", "073251.735000", "073252.895000", "073254.055000", "073255.215000", "073256.375000", "073257.535000", "073258.695000", "073259.855000", "073301.015000", "073302.175000", "073303.335000", "073304.495000", "073305.655000", "073306.815000", "073307.975000", "073309.135000", "073310.295000", "073311.455000", "073312.615000", "073313.775000", "073314.935000", "073316.095000", "073317.255000", "073318.415000", "073319.575000", "073320.737500", "073321.897500", "073323.057500", "073324.217500", "073325.377500", "073326.537500", "073327.697500", "073328.857500", "073330.017500", "073331.177500", "073332.337500", "073333.497500", "073334.657500", "073335.817500", "073336.977500", "073338.137500", "073339.297500", "073340.457500", "073341.617500", "073342.777500", "073343.937500", "073345.097500", "073346.257500", "073347.417500", "073348.577500", "073349.737500", "073350.897500", "073352.057500", "073353.217500", "073354.377500", "073355.537500", "073356.697500", "073357.857500", "073359.017500", "073400.177500", "073401.337500", "073402.497500", "073403.657500", "073404.817500", "073405.977500", "073407.137500", "073408.297500", "073409.457500", "073410.617500", "073411.777500", "073412.937500", "073414.097500", "073415.257500", "073416.417500", "073417.577500", "073418.737500", "073419.897500", "073421.057500", "073422.217500", "073423.377500", "073424.537500", "073425.697500", "073426.857500", "073428.017500", "073429.177500", "073430.337500", "073431.497500", "073432.657500", "073433.817500", "073434.977500", "073436.137500", "073437.297500", "073438.457500", "073439.617500", "073440.777500", "073441.937500", "073443.097500", "073444.257500", "073445.417500", "073446.577500", "073447.737500", "073448.897500", "073450.057500", "073451.217500", "073452.377500", "073453.537500", "073454.697500", "073455.857500", "073457.017500", "073458.177500", "073459.337500", "073500.497500", "073501.657500", "073502.817500", "073503.977500", "073505.137500", "073506.297500", "073507.457500", "073508.617500", "073509.777500", "073510.937500", "073512.097500", "073513.257500", "073514.417500", "073515.577500", "073516.737500", "073517.897500", "073519.057500", "073520.217500", "073521.377500", "073522.537500", "073523.697500", "073524.857500", "073526.017500", "073527.177500", "073528.337500", "073529.497500", "073530.657500", "073531.817500", "073532.977500", "073534.137500", "073535.297500", "073536.457500", "073537.617500", "073538.777500", "073539.937500", "073541.097500", "073542.257500", "073543.417500", "073544.577500", "073545.737500", "073546.897500", "073548.057500", "073549.217500", "073550.377500", "073551.537500", "073552.697500", "073553.857500", "073555.017500", "073556.177500", "073557.337500", "073558.497500", "073559.657500", "073600.817500", "073601.977500", "073603.137500", "073604.297500", "073605.457500", "073606.617500", "073607.777500", "073608.937500", "073610.097500", "073611.257500", "073612.417500", "073613.577500", "073614.737500", "073615.897500", "073617.057500", "073618.217500", "073619.377500", "073620.537500", "073621.697500", "073622.857500", "073624.017500", "073625.177500", "073626.337500", "073627.497500", "073628.657500", "073629.817500", "073630.977500", "073632.137500", "073633.297500", "073634.457500", "073635.617500", "073636.777500", "073637.937500", "073639.097500", "073640.257500", "073641.417500", "073642.577500", "073643.737500", "073644.897500", "073646.057500", "073647.217500", "073648.377500", "073649.537500", "073650.697500", "073651.857500", "073653.017500", "073654.177500", "073655.337500", "073656.497500", "073657.657500", "073658.817500", "073659.977500", "073701.137500", "073702.297500", "073703.457500", "073704.617500", "073705.777500", "073706.937500", "073708.097500", "073709.257500", "073710.417500", "073711.577500", "073712.737500", "073713.897500", "073715.057500", "073716.217500", "073717.377500", "073718.537500", "073719.697500", "073720.857500", "073722.017500", "073723.177500", "073724.337500", "073725.497500", "073726.657500", "073727.817500", "073728.977500", "073730.137500", "073731.297500", "073732.457500", "073733.617500", "073734.777500", "073735.937500", "073737.097500", "073738.257500", "073739.417500", "073740.577500", "073741.737500", "073742.897500", "073744.057500", "073745.217500", "073746.377500", "073747.537500", "073748.697500", "073749.857500", "073751.017500", "073752.177500", "073753.337500", "073754.497500", "073755.657500", "073756.817500", "073757.977500", "073759.137500", "073800.297500", "073801.457500", "073802.617500", "073803.777500", "073804.937500", "073806.097500", "073807.257500", "073808.417500", "073809.577500", "073810.740000", "073811.900000", "073813.060000", "073814.220000", "073815.380000", "073816.540000", "073817.700000", "073818.860000", "073820.020000", "073821.180000", "073822.340000", "073823.500000", "073824.660000", "073825.820000", "073826.980000", "073828.140000", "073829.300000", "073830.460000", "073831.620000", "073832.780000", "073833.940000", "073835.100000", "073836.260000", "073837.420000", "073838.580000", "073839.740000", "073840.900000", "073842.060000", "073843.220000", "073844.380000", "073845.540000", "073846.700000", "073847.860000", "073849.020000", "073850.180000", "073851.340000", "073852.500000", "073853.660000", "073854.820000", "073855.980000", "073857.140000", "073858.300000", "073859.460000", "073900.620000", "073901.780000", "073902.940000", "073904.100000", "073905.260000", "073906.420000", "073907.580000", "073908.740000", "073909.900000", "073911.060000", "073912.220000", "073913.380000", "073914.540000", "073915.700000", "073916.860000", "073918.020000", "073919.180000", "073920.340000", "073921.500000", "073922.660000", "073923.820000", "073924.980000", "073926.140000", "073927.300000", "073928.460000", "073929.620000", "073930.780000", "073931.940000", "073933.100000", "073934.260000", "073935.420000", "073936.580000", "073937.740000", "073938.900000", "073940.060000", "073941.220000", "073942.380000", "073943.540000", "073944.700000", "073945.860000", "073947.020000", "073948.180000", "073949.340000", "073950.500000", "073951.660000", "073952.820000", "073953.980000", "073955.140000", "073956.300000", "073957.460000", "073958.620000", "073959.780000", "074000.940000", "074002.100000", "074003.260000", "074004.420000", "074005.580000", "074006.740000", "074007.900000", "074009.060000", "074010.220000", "074011.380000", "074012.540000", "074013.700000", "074014.860000", "074016.020000", "074017.180000", "074018.340000", "074019.500000", "074020.660000", "074021.820000", "074022.980000", "074024.140000", "074025.300000", "074026.460000", "074027.620000", "074028.780000", "074029.940000", "074031.100000", "074032.260000", "074033.420000", "074034.580000", "074035.740000", "074036.900000", "074038.060000", "074039.220000", "074040.380000", "074041.540000", "074042.700000", "074043.860000", "074045.020000", "074046.180000", "074047.340000", "074048.500000", "074049.660000", "074050.820000", "074051.980000", "074053.140000", "074054.300000", "074055.460000", "074056.620000", "074057.780000", "074058.940000", "074100.100000", "074101.260000", "074102.420000", "074103.580000", "074104.740000", "074105.900000", "074107.060000", "074108.220000", "074109.380000", "074110.540000", "074111.700000", "074112.860000", "074114.020000", "074115.180000", "074116.340000", "074117.500000", "074118.660000", "074119.820000", "074120.980000", "074122.140000", "074123.300000", "074124.460000", "074125.620000", "074126.780000", "074127.940000", "074129.100000", "074130.260000", "074131.420000", "074132.580000", "074133.740000", "074134.900000", "074136.060000", "074137.220000", "074138.380000", "074139.540000", "074140.700000", "074141.860000", "074143.020000", "074144.180000", "074145.340000", "074146.500000", "074147.660000", "074148.820000", "074149.980000", "074151.140000", "074152.300000", "074153.460000", "074154.620000", "074155.780000", "074156.940000", "074158.100000", "074159.260000"], "ContentTime": ["073210.718000", "073216.718000", "073216.718000", "073216.734000", "073216.734000", "073216.734000", "073221.718000", "073221.718000", "073221.718000", "073221.734000", "073226.718000", "073226.734000", "073226.734000", "073226.734000", "073231.718000", "073231.734000", "073231.734000", "073236.718000", "073236.718000", "073236.718000", "073236.734000", "073241.718000", "073241.718000", "073241.718000", "073241.734000", "073246.718000", "073246.718000", "073246.718000", "073251.718000", "073251.718000", "073251.718000", "073251.734000", "073256.718000", "073256.718000", "073256.718000", "073256.734000", "073301.718000", "073301.718000", "073301.718000", "073301.734000", "073306.718000", "073306.718000", "073306.718000", "073306.734000", "073311.718000", "073311.718000", "073311.718000", "073316.718000", "073316.734000", "073316.734000", "073316.734000", "073321.718000", "073321.718000", "073321.718000", "073326.718000", "073326.718000", "073326.718000", "073326.734000", "073331.718000", "073331.718000", "073331.718000", "073331.734000", "073336.718000", "073336.718000", "073336.718000", "073336.734000", "073341.718000", "073341.718000", "073341.718000", "073346.718000", "073346.718000", "073346.718000", "073346.734000", "073351.718000", "073351.718000", "073351.734000", "073351.734000", "073351.734000", "073356.718000", "073356.718000", "073356.718000", "073401.718000", "073401.718000", "073401.718000", "073401.734000", "073406.718000", "073406.718000", "073406.718000", "073406.734000", "073411.718000", "073411.718000", "073411.718000", "073411.734000", "073416.718000", "073416.734000", "073416.734000", "073416.734000", "073421.718000", "073421.718000", "073421.718000", "073426.718000", "073426.718000", "073426.718000", "073426.734000", "073431.718000", "073431.734000", "073431.734000", "073431.734000", "073436.718000", "073436.718000", "073436.718000", "073436.734000", "073441.718000", "073441.734000", "073441.734000", "073441.734000", "073446.718000", "073446.718000", "073446.718000", "073451.718000", "073451.718000", "073451.718000", "073451.734000", "073456.718000", "073456.734000", "073456.734000", "073456.734000", "073501.718000", "073501.718000", "073501.734000", "073506.718000", "073506.734000", "073506.734000", "073506.734000", "073511.718000", "073511.718000", "073511.718000", "073511.734000", "073516.718000", "073516.734000", "073516.734000", "073521.718000", "073521.718000", "073521.718000", "073521.734000", "073526.718000", "073526.734000", "073526.734000", "073526.734000", "073531.718000", "073531.734000", "073531.734000", "073531.734000", "073536.718000", "073536.734000", "073536.734000", "073536.734000", "073541.718000", "073541.718000", "073541.718000", "073546.718000", "073546.718000", "073546.718000", "073546.734000", "073551.718000", "073551.718000", "073551.718000", "073551.734000", "073556.718000", "073556.718000", "073556.718000", "073556.734000", "073601.718000", "073601.718000", "073601.718000", "073601.734000", "073606.718000", "073606.718000", "073606.718000", "073611.718000", "073611.718000", "073611.718000", "073611.734000", "073616.718000", "073616.734000", "073616.734000", "073616.734000", "073621.718000", "073621.734000", "073621.734000", "073621.734000", "073626.718000", "073626.734000", "073626.734000", "073631.718000", "073631.718000", "073631.718000", "073631.734000", "073636.718000", "073636.718000", "073636.718000", "073636.734000", "073641.718000", "073641.718000", "073641.718000", "073646.718000", "073646.718000", "073646.718000", "073646.734000", "073651.718000", "073651.718000", "073651.718000", "073651.734000", "073656.718000", "073656.718000", "073656.718000", "073656.734000", "073701.718000", "073701.718000", "073701.718000", "073706.718000", "073706.718000", "073706.718000", "073706.734000", "073711.718000", "073711.718000", "073711.718000", "073711.734000", "073716.718000", "073716.718000", "073716.734000", "073721.718000", "073721.718000", "073721.718000", "073721.734000", "073726.718000", "073726.718000", "073726.734000", "073726.734000", "073731.718000", "073731.718000", "073731.718000", "073731.734000", "073736.718000", "073736.718000", "073736.718000", "073741.718000", "073741.718000", "073741.718000", "073741.734000", "073746.718000", "073746.718000", "073746.718000", "073746.734000", "073751.718000", "073751.718000", "073751.718000", "073756.718000", "073756.718000", "073756.718000", "073756.734000", "073801.718000", "073801.718000", "073801.734000", "073801.734000", "073806.718000", "073806.718000", "073806.718000", "073811.718000", "073811.718000", "073811.718000", "073811.734000", "073816.718000", "073816.718000", "073816.718000", "073816.734000", "073821.718000", "073821.750000", "073821.750000", "073826.718000", "073826.718000", "073826.718000", "073826.734000", "073831.718000", "073831.718000", "073831.734000", "073831.734000", "073836.718000", "073836.718000", "073836.718000", "073841.718000", "073841.718000", "073841.718000", "073841.734000", "073846.718000", "073846.718000", "073846.718000", "073846.734000", "073851.718000", "073851.718000", "073851.734000", "073851.734000", "073856.718000", "073856.718000", "073856.718000", "073901.718000", "073901.718000", "073901.718000", "073901.734000", "073906.718000", "073906.718000", "073906.718000", "073906.734000", "073911.718000", "073911.718000", "073911.718000", "073911.734000", "073916.718000", "073916.718000", "073916.718000", "073921.718000", "073921.718000", "073921.718000", "073921.734000", "073926.718000", "073926.718000", "073926.718000", "073926.734000", "073931.718000", "073931.718000", "073931.718000", "073936.718000", "073936.718000", "073936.718000", "073936.734000", "073941.718000", "073941.718000", "073941.718000", "073946.718000", "073946.718000", "073946.718000", "073946.734000", "073946.734000", "073951.718000", "073951.734000", "073951.734000", "073956.718000", "073956.718000", "073956.734000", "073956.734000", "074001.718000", "074001.718000", "074001.734000", "074006.718000", "074006.734000", "074006.734000", "074006.734000", "074011.718000", "074011.718000", "074011.734000", "074016.718000", "074016.718000", "074016.718000", "074016.734000", "074021.718000", "074021.718000", "074021.718000", "074021.734000", "074026.718000", "074026.750000", "074026.750000", "074026.750000", "074031.718000", "074031.718000", "074031.734000", "074031.734000", "074036.718000", "074036.718000", "074036.734000", "074036.734000", "074041.718000", "074041.734000", "074041.734000", "074046.718000", "074046.750000", "074046.750000", "074046.750000", "074051.718000", "074051.718000", "074051.734000", "074051.734000", "074056.718000", "074056.718000", "074056.734000", "074101.718000", "074101.718000", "074101.718000", "074101.734000", "074106.718000", "074106.734000", "074106.734000", "074111.718000", "074111.718000", "074111.718000", "074111.734000", "074116.718000", "074116.734000", "074116.734000", "074116.734000", "074121.718000", "074121.718000", "074121.734000", "074121.734000", "074126.718000", "074126.718000", "074126.718000", "074131.718000", "074131.734000", "074131.734000", "074131.734000", "074136.718000", "074136.718000", "074136.734000", "074141.718000", "074141.718000", "074141.718000", "074141.734000", "074146.718000", "074146.718000", "074146.734000", "074146.734000", "074151.718000", "074151.718000", "074151.718000", "074156.718000", "074156.718000", "074156.734000", "074156.734000", "074201.718000", "074201.718000", "074201.718000", "074201.734000", "074206.718000", "074206.718000", "074206.734000", "074206.734000", "074211.718000", "074211.718000", "074211.734000", "074211.734000", "074216.718000", "074216.718000", "074216.718000", "074216.734000", "074221.718000", "074221.718000", "074221.718000", "074221.734000", "074226.718000", "074226.718000", "074226.718000", "074226.734000", "074231.718000", "074231.734000", "074231.734000", "074231.734000", "074236.718000", "074236.718000", "074236.718000", "074236.734000", "074241.718000", "074241.750000", "074241.750000", "074241.750000", "074246.718000", "074246.718000", "074246.718000", "074246.734000", "074251.718000", "074251.734000", "074251.734000", "074256.718000", "074256.718000", "074256.718000", "074256.734000", "074301.718000", "074301.718000", "074301.718000", "074301.734000", "074306.718000", "074306.718000", "074306.718000", "074311.718000", "074311.718000", "074311.718000", "074311.734000", "074316.718000", "074316.718000", "074316.718000", "074316.734000", "074321.718000", "074321.718000", "074321.718000", "074321.734000", "074326.718000", "074326.734000", "074326.734000", "074331.718000", "074331.718000", "074331.718000", "074331.734000", "074331.734000", "074336.718000", "074336.718000", "074336.718000", "074336.734000", "074338.656000", "074338.656000"], "InstanceCreationTime": ["073210.718000", "073216.718000", "073216.718000", "073216.734000", "073216.734000", "073216.734000", "073221.718000", "073221.718000", "073221.718000", "073221.734000", "073226.718000", "073226.734000", "073226.734000", "073226.734000", "073231.718000", "073231.734000", "073231.734000", "073236.718000", "073236.718000", "073236.718000", "073236.734000", "073241.718000", "073241.718000", "073241.718000", "073241.734000", "073246.718000", "073246.718000", "073246.718000", "073251.718000", "073251.718000", "073251.718000", "073251.734000", "073256.718000", "073256.718000", "073256.718000", "073256.734000", "073301.718000", "073301.718000", "073301.718000", "073301.734000", "073306.718000", "073306.718000", "073306.718000", "073306.734000", "073311.718000", "073311.718000", "073311.718000", "073316.718000", "073316.734000", "073316.734000", "073316.734000", "073321.718000", "073321.718000", "073321.718000", "073326.718000", "073326.718000", "073326.718000", "073326.734000", "073331.718000", "073331.718000", "073331.718000", "073331.734000", "073336.718000", "073336.718000", "073336.718000", "073336.734000", "073341.718000", "073341.718000", "073341.718000", "073346.718000", "073346.718000", "073346.718000", "073346.734000", "073351.718000", "073351.718000", "073351.734000", "073351.734000", "073351.734000", "073356.718000", "073356.718000", "073356.718000", "073401.718000", "073401.718000", "073401.718000", "073401.734000", "073406.718000", "073406.718000", "073406.718000", "073406.734000", "073411.718000", "073411.718000", "073411.718000", "073411.734000", "073416.718000", "073416.734000", "073416.734000", "073416.734000", "073421.718000", "073421.718000", "073421.718000", "073426.718000", "073426.718000", "073426.718000", "073426.734000", "073431.718000", "073431.734000", "073431.734000", "073431.734000", "073436.718000", "073436.718000", "073436.718000", "073436.734000", "073441.718000", "073441.734000", "073441.734000", "073441.734000", "073446.718000", "073446.718000", "073446.718000", "073451.718000", "073451.718000", "073451.718000", "073451.734000", "073456.718000", "073456.734000", "073456.734000", "073456.734000", "073501.718000", "073501.718000", "073501.734000", "073506.718000", "073506.734000", "073506.734000", "073506.734000", "073511.718000", "073511.718000", "073511.718000", "073511.734000", "073516.718000", "073516.734000", "073516.734000", "073521.718000", "073521.718000", "073521.718000", "073521.734000", "073526.718000", "073526.734000", "073526.734000", "073526.734000", "073531.718000", "073531.734000", "073531.734000", "073531.734000", "073536.718000", "073536.734000", "073536.734000", "073536.734000", "073541.718000", "073541.718000", "073541.718000", "073546.718000", "073546.718000", "073546.718000", "073546.734000", "073551.718000", "073551.718000", "073551.718000", "073551.734000", "073556.718000", "073556.718000", "073556.718000", "073556.734000", "073601.718000", "073601.718000", "073601.718000", "073601.734000", "073606.718000", "073606.718000", "073606.718000", "073611.718000", "073611.718000", "073611.718000", "073611.734000", "073616.718000", "073616.734000", "073616.734000", "073616.734000", "073621.718000", "073621.734000", "073621.734000", "073621.734000", "073626.718000", "073626.734000", "073626.734000", "073631.718000", "073631.718000", "073631.718000", "073631.734000", "073636.718000", "073636.718000", "073636.718000", "073636.734000", "073641.718000", "073641.718000", "073641.718000", "073646.718000", "073646.718000", "073646.718000", "073646.734000", "073651.718000", "073651.718000", "073651.718000", "073651.734000", "073656.718000", "073656.718000", "073656.718000", "073656.734000", "073701.718000", "073701.718000", "073701.718000", "073706.718000", "073706.718000", "073706.718000", "073706.734000", "073711.718000", "073711.718000", "073711.718000", "073711.734000", "073716.718000", "073716.718000", "073716.734000", "073721.718000", "073721.718000", "073721.718000", "073721.734000", "073726.718000", "073726.718000", "073726.734000", "073726.734000", "073731.718000", "073731.718000", "073731.718000", "073731.734000", "073736.718000", "073736.718000", "073736.718000", "073741.718000", "073741.718000", "073741.718000", "073741.734000", "073746.718000", "073746.718000", "073746.718000", "073746.734000", "073751.718000", "073751.718000", "073751.718000", "073756.718000", "073756.718000", "073756.718000", "073756.734000", "073801.718000", "073801.718000", "073801.734000", "073801.734000", "073806.718000", "073806.718000", "073806.718000", "073811.718000", "073811.718000", "073811.718000", "073811.734000", "073816.718000", "073816.718000", "073816.718000", "073816.734000", "073821.718000", "073821.750000", "073821.750000", "073826.718000", "073826.718000", "073826.718000", "073826.734000", "073831.718000", "073831.718000", "073831.734000", "073831.734000", "073836.718000", "073836.718000", "073836.718000", "073841.718000", "073841.718000", "073841.718000", "073841.734000", "073846.718000", "073846.718000", "073846.718000", "073846.734000", "073851.718000", "073851.718000", "073851.734000", "073851.734000", "073856.718000", "073856.718000", "073856.718000", "073901.718000", "073901.718000", "073901.718000", "073901.734000", "073906.718000", "073906.718000", "073906.718000", "073906.734000", "073911.718000", "073911.718000", "073911.718000", "073911.734000", "073916.718000", "073916.718000", "073916.718000", "073921.718000", "073921.718000", "073921.718000", "073921.734000", "073926.718000", "073926.718000", "073926.718000", "073926.734000", "073931.718000", "073931.718000", "073931.718000", "073936.718000", "073936.718000", "073936.718000", "073936.734000", "073941.718000", "073941.718000", "073941.718000", "073946.718000", "073946.718000", "073946.718000", "073946.734000", "073946.734000", "073951.718000", "073951.734000", "073951.734000", "073956.718000", "073956.718000", "073956.734000", "073956.734000", "074001.718000", "074001.718000", "074001.734000", "074006.718000", "074006.734000", "074006.734000", "074006.734000", "074011.718000", "074011.718000", "074011.734000", "074016.718000", "074016.718000", "074016.718000", "074016.734000", "074021.718000", "074021.718000", "074021.718000", "074021.734000", "074026.718000", "074026.750000", "074026.750000", "074026.750000", "074031.718000", "074031.718000", "074031.734000", "074031.734000", "074036.718000", "074036.718000", "074036.734000", "074036.734000", "074041.718000", "074041.734000", "074041.734000", "074046.718000", "074046.750000", "074046.750000", "074046.750000", "074051.718000", "074051.718000", "074051.734000", "074051.734000", "074056.718000", "074056.718000", "074056.734000", "074101.718000", "074101.718000", "074101.718000", "074101.734000", "074106.718000", "074106.734000", "074106.734000", "074111.718000", "074111.718000", "074111.718000", "074111.734000", "074116.718000", "074116.734000", "074116.734000", "074116.734000", "074121.718000", "074121.718000", "074121.734000", "074121.734000", "074126.718000", "074126.718000", "074126.718000", "074131.718000", "074131.734000", "074131.734000", "074131.734000", "074136.718000", "074136.718000", "074136.734000", "074141.718000", "074141.718000", "074141.718000", "074141.734000", "074146.718000", "074146.718000", "074146.734000", "074146.734000", "074151.718000", "074151.718000", "074151.718000", "074156.718000", "074156.718000", "074156.734000", "074156.734000", "074201.718000", "074201.718000", "074201.718000", "074201.734000", "074206.718000", "074206.718000", "074206.734000", "074206.734000", "074211.718000", "074211.718000", "074211.734000", "074211.734000", "074216.718000", "074216.718000", "074216.718000", "074216.734000", "074221.718000", "074221.718000", "074221.718000", "074221.734000", "074226.718000", "074226.718000", "074226.718000", "074226.734000", "074231.718000", "074231.734000", "074231.734000", "074231.734000", "074236.718000", "074236.718000", "074236.718000", "074236.734000", "074241.718000", "074241.750000", "074241.750000", "074241.750000", "074246.718000", "074246.718000", "074246.718000", "074246.734000", "074251.718000", "074251.734000", "074251.734000", "074256.718000", "074256.718000", "074256.718000", "074256.734000", "074301.718000", "074301.718000", "074301.718000", "074301.734000", "074306.718000", "074306.718000", "074306.718000", "074311.718000", "074311.718000", "074311.718000", "074311.734000", "074316.718000", "074316.718000", "074316.718000", "074316.734000", "074321.718000", "074321.718000", "074321.718000", "074321.734000", "074326.718000", "074326.734000", "074326.734000", "074331.718000", "074331.718000", "074331.718000", "074331.734000", "074331.734000", "074336.718000", "074336.718000", "074336.718000", "074336.734000", "074338.656000", "074338.656000"], "InstanceNumber": [1, 2, 3, 4, 5, 6, 7, 8, 9, 10, 11, 12, 13, 14, 15, 16, 17, 18, 19, 20, 21, 22, 23, 24, 25, 26, 27, 28, 29, 30, 31, 32, 33, 34, 35, 36, 37, 38, 39, 40, 41, 42, 43, 44, 45, 46, 47, 48, 49, 50, 51, 52, 53, 54, 55, 56, 57, 58, 59, 60, 61, 62, 63, 64, 65, 66, 67, 68, 69, 70, 71, 72, 73, 74, 75, 76, 77, 78, 79, 80, 81, 82, 83, 84, 85, 86, 87, 88, 89, 90, 91, 92, 93, 94, 95, 96, 97, 98, 99, 100, 101, 102, 103, 104, 105, 106, 107, 108, 109, 110, 111, 112, 113, 114, 115, 116, 117, 118, 119, 120, 121, 122, 123, 124, 125, 126, 127, 128, 129, 130, 131, 132, 133, 134, 135, 136, 137, 138, 139, 140, 141, 142, 143, 144, 145, 146, 147, 148, 149, 150, 151, 152, 153, 154, 155, 156, 157, 158, 159, 160, 161, 162, 163, 164, 165, 166, 167, 168, 169, 170, 171, 172, 173, 174, 175, 176, 177, 178, 179, 180, 181, 182, 183, 184, 185, 186, 187, 188, 189, 190, 191, 192, 193, 194, 195, 196, 197, 198, 199, 200, 201, 202, 203, 204, 205, 206, 207, 208, 209, 210, 211, 212, 213, 214, 215, 216, 217, 218, 219, 220, 221, 222, 223, 224, 225, 226, 227, 228, 229, 230, 231, 232, 233, 234, 235, 236, 237, 238, 239, 240, 241, 242, 243, 244, 245, 246, 247, 248, 249, 250, 251, 252, 253, 254, 255, 256, 257, 258, 259, 260, 261, 262, 263, 264, 265, 266, 267, 268, 269, 270, 271, 272, 273, 274, 275, 276, 277, 278, 279, 280, 281, 282, 283, 284, 285, 286, 287, 288, 289, 290, 291, 292, 293, 294, 295, 296, 297, 298, 299, 300, 301, 302, 303, 304, 305, 306, 307, 308, 309, 310, 311, 312, 313, 314, 315, 316, 317, 318, 319, 320, 321, 322, 323, 324, 325, 326, 327, 328, 329, 330, 331, 332, 333, 334, 335, 336, 337, 338, 339, 340, 341, 342, 343, 344, 345, 346, 347, 348, 349, 350, 351, 352, 353, 354, 355, 356, 357, 358, 359, 360, 361, 362, 363, 364, 365, 366, 367, 368, 369, 370, 371, 372, 373, 374, 375, 376, 377, 378, 379, 380, 381, 382, 383, 384, 385, 386, 387, 388, 389, 390, 391, 392, 393, 394, 395, 396, 397, 398, 399, 400, 401, 402, 403, 404, 405, 406, 407, 408, 409, 410, 411, 412, 413, 414, 415, 416, 417, 418, 419, 420, 421, 422, 423, 424, 425, 426, 427, 428, 429, 430, 431, 432, 433, 434, 435, 436, 437, 438, 439, 440, 441, 442, 443, 444, 445, 446, 447, 448, 449, 450, 451, 452, 453, 454, 455, 456, 457, 458, 459, 460, 461, 462, 463, 464, 465, 466, 467, 468, 469, 470, 471, 472, 473, 474, 475, 476, 477, 478, 479, 480, 481, 482, 483, 484, 485, 486, 487, 488, 489, 490, 491, 492, 493, 494, 495, 496, 497, 498, 499, 500, 501, 502, 503, 504, 505, 506, 507, 508, 509, 510, 511, 512, 513, 514, 515, 516, 517, 518], "LargestImagePixelValue": [42308, 40019, 39972, 38626, 39538, 36861, 27960, 36911, 40270, 38843, 34498, 37961, 35845, 39845, 34310, 43614, 41809, 38934, 36912, 28060, 27718, 30197, 36255, 35918, 38445, 39231, 32634, 32265, 34596, 34392, 35964, 35911, 30657, 27525, 29348, 31712, 35311, 38636, 30183, 35742, 36522, 36722, 33161, 27421, 35679, 39875, 35795, 38538, 39192, 42769, 41222, 29420, 30685, 42706, 39716, 31045, 36570, 36100, 35558, 30814, 27905, 33341, 36092, 35496, 40042, 33636, 37578, 41242, 40751, 30644, 29342, 40976, 35220, 36458, 35919, 36682, 38103, 37125, 27447, 30871, 38197, 39690, 33223, 38161, 34538, 29978, 32738, 28457, 39230, 31210, 36687, 36404, 37647, 37717, 30337, 30521, 35081, 36501, 38125, 32946, 37767, 36280, 42496, 41987, 39549, 28304, 39941, 40053, 36574, 36954, 37063, 35808, 27684, 35943, 39039, 39046, 37341, 36706, 36521, 40833, 39181, 31817, 27911, 35670, 38249, 39749, 35780, 36351, 38090, 41234, 41113, 27177, 30458, 38137, 34539, 37869, 35496, 37343, 37170, 41805, 41616, 39952, 29046, 27786, 37672, 31999, 33188, 36973, 36547, 35564, 38414, 35937, 27963, 30512, 32269, 35077, 40910, 39869, 34371, 38575, 41291, 42217, 42228, 36498, 27334, 39896, 35648, 34994, 37822, 37384, 31714, 33066, 37595, 42481, 34083, 37859, 37163, 30908, 28278, 37502, 30844, 33278, 36172, 36095, 38954, 31560, 27985, 34979, 40891, 31225, 38127, 28134, 29422, 36054, 41063, 39304, 38064, 41712, 40466, 27251, 40508, 30518, 36641, 35783, 35893, 37191, 31493, 29151, 35917, 36482, 39416, 37118, 38244, 39604, 38143, 27863, 37737, 41042, 39410, 38906, 36629, 37129, 37727, 38370, 28693, 27055, 27026, 38347, 29465, 33787, 38888, 40716, 40726, 32238, 31051, 35263, 36484, 40342, 31382, 38045, 40037, 40559, 39191, 29555, 35166, 41103, 32570, 37050, 35262, 35843, 37247, 30563, 27023, 29859, 31177, 33742, 37497, 36694, 31401, 32532, 34665, 36164, 36913, 37391, 32291, 29760, 38801, 35069, 39875, 41254, 43626, 42858, 32673, 29594, 36949, 39086, 40556, 33236, 32150, 36086, 35471, 35840, 36932, 33340, 26968, 27706, 30691, 38891, 30909, 35284, 36697, 35517, 35212, 37501, 33627, 29123, 29352, 36465, 36871, 39559, 38893, 37844, 36287, 37673, 36380, 32681, 31138, 31907, 38827, 31728, 37903, 37340, 42728, 40236, 30451, 35567, 39819, 40773, 33487, 37444, 37792, 29288, 36842, 39371, 41485, 39005, 38550, 39066, 39516, 33473, 29722, 36476, 38561, 39388, 41713, 42096, 39508, 30640, 28703, 33433, 37250, 38947, 29775, 36085, 36511, 39268, 39478, 40804, 37351, 33562, 31614, 29850, 34617, 34138, 36308, 33787, 32038, 39795, 37236, 34818, 32820, 31950, 32494, 31082, 37605, 30179, 36756, 38400, 35485, 36013, 35851, 36542, 40249, 40581, 41825, 38864, 32260, 30654, 29084, 31473, 38661, 36350, 33891, 33910, 39906, 31016, 31149, 32146, 34764, 36724, 38384, 36264, 28452, 35421, 37623, 37777, 39763, 33903, 36802, 37766, 37831, 38250, 37650, 34790, 36033, 35721, 35337, 38580, 32304, 31499, 29864, 36167, 38607, 37154, 34179, 38523, 39852, 38415, 31583, 38328, 37979, 39483, 41288, 37870, 30291, 39392, 38269, 37197, 36111, 37675, 27668, 26980, 30331, 32990, 34995, 35799, 35738, 38266, 39674, 30511, 37153, 38037, 39505, 41348, 39583, 30770, 29860, 29775, 29348, 31045, 36997, 30260, 30610, 35900, 36539, 37447, 37208, 38059, 38703, 39222, 40032, 39639, 34072, 37093, 37344, 35222, 29894, 26550, 32147, 31821, 33951, 36835, 37270, 36457, 38302, 38361, 36007, 36462, 36182, 36107, 34659, 39596, 38698, 38327, 29365, 34859, 38060, 31146, 38234, 38899, 36029, 33601, 36242, 39875, 33773, 39372, 35254, 36706, 39188, 39097, 38782, 38163, 39409, 40230, 33870, 30574, 38863, 34062, 38958, 39030, 38063, 29087, 31378, 40711, 30351, 38951, 34785, 32272], "WindowCenter": [10459.0, 10455.0, 10428.0, 10434.0, 10439.0, 10425.0, 10402.0, 10430.0, 10433.0, 10427.0, 10401.0, 10427.0, 10429.0, 10431.0, 10401.0, 10427.0, 10414.0, 10412.0, 10394.0, 10390.0, 10387.0, 10394.0, 10417.0, 10418.0, 10418.0, 10423.0, 10398.0, 10382.0, 10398.0, 10396.0, 10411.0, 10422.0, 10403.0, 10395.0, 10399.0, 10402.0, 10416.0, 10436.0, 10386.0, 10421.0, 10418.0, 10425.0, 10403.0, 10398.0, 10431.0, 10444.0, 10448.0, 10445.0, 10441.0, 10443.0, 10421.0, 10382.0, 10392.0, 10427.0, 10419.0, 10392.0, 10411.0, 10407.0, 10418.0, 10408.0, 10396.0, 10409.0, 10412.0, 10407.0, 10418.0, 10419.0, 10439.0, 10437.0, 10437.0, 10400.0, 10407.0, 10454.0, 10422.0, 10430.0, 10413.0, 10419.0, 10413.0, 10425.0, 10401.0, 10410.0, 10436.0, 10429.0, 10422.0, 10432.0, 10425.0, 10410.0, 10393.0, 10388.0, 10436.0, 10424.0, 10438.0, 10450.0, 10430.0, 10435.0, 10415.0, 10397.0, 10417.0, 10410.0, 10424.0, 10423.0, 10439.0, 10449.0, 10444.0, 10427.0, 10432.0, 10406.0, 10447.0, 10426.0, 10426.0, 10423.0, 10414.0, 10415.0, 10392.0, 10401.0, 10408.0, 10400.0, 10411.0, 10409.0, 10409.0, 10416.0, 10399.0, 10398.0, 10394.0, 10423.0, 10435.0, 10439.0, 10428.0, 10433.0, 10437.0, 10439.0, 10427.0, 10386.0, 10403.0, 10427.0, 10432.0, 10436.0, 10435.0, 10428.0, 10431.0, 10447.0, 10429.0, 10425.0, 10391.0, 10383.0, 10422.0, 10411.0, 10401.0, 10414.0, 10416.0, 10408.0, 10420.0, 10414.0, 10380.0, 10389.0, 10394.0, 10411.0, 10420.0, 10422.0, 10410.0, 10417.0, 10415.0, 10422.0, 10418.0, 10396.0, 10371.0, 10410.0, 10407.0, 10412.0, 10418.0, 10415.0, 10404.0, 10399.0, 10414.0, 10424.0, 10390.0, 10422.0, 10419.0, 10401.0, 10397.0, 10431.0, 10415.0, 10425.0, 10430.0, 10427.0, 10433.0, 10410.0, 10387.0, 10419.0, 10436.0, 10400.0, 10423.0, 10412.0, 10419.0, 10439.0, 10429.0, 10431.0, 10430.0, 10431.0, 10421.0, 10391.0, 10433.0, 10404.0, 10428.0, 10426.0, 10415.0, 10425.0, 10409.0, 10400.0, 10408.0, 10411.0, 10428.0, 10426.0, 10415.0, 10437.0, 10408.0, 10377.0, 10413.0, 10422.0, 10415.0, 10401.0, 10391.0, 10399.0, 10384.0, 10402.0, 10375.0, 10360.0, 10364.0, 10417.0, 10405.0, 10411.0, 10443.0, 10445.0, 10430.0, 10409.0, 10414.0, 10401.0, 10419.0, 10432.0, 10401.0, 10430.0, 10424.0, 10434.0, 10422.0, 10392.0, 10417.0, 10425.0, 10413.0, 10418.0, 10409.0, 10404.0, 10410.0, 10396.0, 10377.0, 10395.0, 10409.0, 10403.0, 10431.0, 10435.0, 10414.0, 10417.0, 10430.0, 10439.0, 10437.0, 10430.0, 10384.0, 10385.0, 10417.0, 10411.0, 10412.0, 10424.0, 10430.0, 10414.0, 10386.0, 10382.0, 10412.0, 10403.0, 10402.0, 10375.0, 10376.0, 10383.0, 10389.0, 10395.0, 10400.0, 10392.0, 10369.0, 10365.0, 10401.0, 10434.0, 10409.0, 10417.0, 10421.0, 10404.0, 10406.0, 10419.0, 10416.0, 10405.0, 10401.0, 10435.0, 10422.0, 10432.0, 10432.0, 10428.0, 10428.0, 10427.0, 10434.0, 10423.0, 10419.0, 10426.0, 10453.0, 10424.0, 10443.0, 10443.0, 10442.0, 10435.0, 10394.0, 10418.0, 10430.0, 10426.0, 10397.0, 10418.0, 10414.0, 10385.0, 10416.0, 10416.0, 10417.0, 10408.0, 10402.0, 10371.0, 10396.0, 10368.0, 10354.0, 10375.0, 10398.0, 10403.0, 10408.0, 10402.0, 10377.0, 10349.0, 10349.0, 10380.0, 10400.0, 10401.0, 10372.0, 10403.0, 10401.0, 10416.0, 10426.0, 10437.0, 10426.0, 10415.0, 10416.0, 10407.0, 10427.0, 10420.0, 10407.0, 10381.0, 10402.0, 10400.0, 10403.0, 10398.0, 10391.0, 10393.0, 10399.0, 10398.0, 10428.0, 10406.0, 10423.0, 10428.0, 10408.0, 10410.0, 10421.0, 10403.0, 10411.0, 10407.0, 10407.0, 10405.0, 10364.0, 10368.0, 10362.0, 10387.0, 10399.0, 10397.0, 10384.0, 10399.0, 10416.0, 10367.0, 10397.0, 10424.0, 10427.0, 10445.0, 10450.0, 10435.0, 10415.0, 10426.0, 10425.0, 10425.0, 10415.0, 10403.0, 10409.0, 10417.0, 10398.0, 10406.0, 10408.0, 10415.0, 10416.0, 10405.0, 10414.0, 10426.0, 10405.0, 10410.0, 10391.0, 10424.0, 10426.0, 10412.0, 10389.0, 10394.0, 10406.0, 10403.0, 10379.0, 10394.0, 10398.0, 10400.0, 10392.0, 10379.0, 10362.0, 10375.0, 10389.0, 10383.0, 10366.0, 10396.0, 10367.0, 10384.0, 10395.0, 10400.0, 10405.0, 10408.0, 10403.0, 10415.0, 10433.0, 10409.0, 10436.0, 10422.0, 10429.0, 10437.0, 10413.0, 10396.0, 10392.0, 10382.0, 10390.0, 10405.0, 10430.0, 10415.0, 10421.0, 10429.0, 10437.0, 10438.0, 10426.0, 10418.0, 10419.0, 10399.0, 10410.0, 10402.0, 10384.0, 10397.0, 10392.0, 10390.0, 10369.0, 10373.0, 10385.0, 10395.0, 10409.0, 10409.0, 10407.0, 10405.0, 10402.0, 10380.0, 10390.0, 10390.0, 10393.0, 10407.0, 10389.0, 10417.0, 10418.0, 10427.0, 10378.0, 10412.0, 10421.0, 10399.0, 10411.0, 10430.0, 10416.0, 10404.0, 10405.0, 10413.0, 10403.0, 10421.0, 10426.0, 10410.0, 10415.0, 10408.0, 10401.0, 10410.0, 10403.0, 10389.0, 10377.0, 10361.0, 10389.0, 10388.0, 10400.0, 10390.0, 10388.0, 10345.0, 10348.0, 10400.0, 10370.0, 10399.0, 10378.0, 10377.0], "WindowWidth": [22308.0, 22293.0, 22235.0, 22244.0, 22249.0, 22222.0, 22171.0, 22234.0, 22235.0, 22219.0, 22170.0, 22221.0, 22227.0, 22229.0, 22164.0, 22215.0, 22186.0, 22179.0, 22149.0, 22143.0, 22135.0, 22156.0, 22201.0, 22199.0, 22201.0, 22213.0, 22156.0, 22128.0, 22158.0, 22155.0, 22193.0, 22211.0, 22171.0, 22154.0, 22162.0, 22167.0, 22200.0, 22239.0, 22142.0, 22212.0, 22205.0, 22225.0, 22177.0, 22164.0, 22240.0, 22264.0, 22276.0, 22268.0, 22257.0, 22256.0, 22206.0, 22122.0, 22147.0, 22220.0, 22200.0, 22146.0, 22187.0, 22183.0, 22206.0, 22186.0, 22155.0, 22182.0, 22188.0, 22176.0, 22209.0, 22208.0, 22251.0, 22248.0, 22242.0, 22167.0, 22187.0, 22284.0, 22218.0, 22230.0, 22192.0, 22201.0, 22197.0, 22221.0, 22165.0, 22185.0, 22240.0, 22228.0, 22217.0, 22237.0, 22219.0, 22183.0, 22153.0, 22146.0, 22246.0, 22220.0, 22256.0, 22275.0, 22240.0, 22246.0, 22201.0, 22163.0, 22200.0, 22184.0, 22216.0, 22219.0, 22259.0, 22271.0, 22266.0, 22226.0, 22233.0, 22181.0, 22268.0, 22227.0, 22221.0, 22212.0, 22199.0, 22202.0, 22145.0, 22166.0, 22178.0, 22164.0, 22183.0, 22176.0, 22175.0, 22191.0, 22165.0, 22162.0, 22151.0, 22216.0, 22238.0, 22243.0, 22229.0, 22239.0, 22242.0, 22247.0, 22222.0, 22142.0, 22175.0, 22228.0, 22237.0, 22248.0, 22246.0, 22235.0, 22234.0, 22265.0, 22226.0, 22213.0, 22140.0, 22132.0, 22214.0, 22187.0, 22169.0, 22192.0, 22192.0, 22178.0, 22205.0, 22189.0, 22116.0, 22134.0, 22143.0, 22178.0, 22202.0, 22209.0, 22189.0, 22204.0, 22196.0, 22207.0, 22195.0, 22146.0, 22099.0, 22182.0, 22173.0, 22183.0, 22200.0, 22195.0, 22173.0, 22158.0, 22188.0, 22210.0, 22142.0, 22204.0, 22198.0, 22164.0, 22158.0, 22235.0, 22197.0, 22220.0, 22232.0, 22222.0, 22236.0, 22186.0, 22133.0, 22201.0, 22237.0, 22168.0, 22217.0, 22187.0, 22203.0, 22247.0, 22234.0, 22231.0, 22229.0, 22232.0, 22209.0, 22148.0, 22230.0, 22172.0, 22219.0, 22219.0, 22204.0, 22216.0, 22180.0, 22161.0, 22178.0, 22185.0, 22217.0, 22214.0, 22201.0, 22238.0, 22179.0, 22116.0, 22196.0, 22204.0, 22187.0, 22159.0, 22138.0, 22154.0, 22126.0, 22157.0, 22099.0, 22070.0, 22082.0, 22193.0, 22170.0, 22196.0, 22258.0, 22258.0, 22234.0, 22186.0, 22185.0, 22164.0, 22196.0, 22229.0, 22163.0, 22226.0, 22216.0, 22233.0, 22208.0, 22148.0, 22203.0, 22222.0, 22188.0, 22199.0, 22175.0, 22176.0, 22181.0, 22148.0, 22110.0, 22147.0, 22179.0, 22167.0, 22225.0, 22237.0, 22195.0, 22204.0, 22234.0, 22250.0, 22244.0, 22221.0, 22131.0, 22123.0, 22195.0, 22178.0, 22190.0, 22208.0, 22218.0, 22185.0, 22125.0, 22117.0, 22178.0, 22164.0, 22158.0, 22095.0, 22096.0, 22113.0, 22129.0, 22145.0, 22158.0, 22137.0, 22093.0, 22088.0, 22161.0, 22230.0, 22177.0, 22195.0, 22199.0, 22165.0, 22173.0, 22204.0, 22196.0, 22171.0, 22166.0, 22233.0, 22212.0, 22235.0, 22229.0, 22221.0, 22220.0, 22229.0, 22234.0, 22212.0, 22204.0, 22223.0, 22283.0, 22220.0, 22256.0, 22256.0, 22254.0, 22235.0, 22151.0, 22198.0, 22222.0, 22211.0, 22151.0, 22198.0, 22188.0, 22129.0, 22191.0, 22189.0, 22186.0, 22169.0, 22155.0, 22095.0, 22138.0, 22079.0, 22048.0, 22097.0, 22146.0, 22156.0, 22165.0, 22148.0, 22097.0, 22039.0, 22040.0, 22100.0, 22143.0, 22149.0, 22094.0, 22166.0, 22160.0, 22191.0, 22212.0, 22235.0, 22217.0, 22196.0, 22195.0, 22179.0, 22215.0, 22200.0, 22171.0, 22118.0, 22160.0, 22163.0, 22162.0, 22146.0, 22128.0, 22130.0, 22149.0, 22158.0, 22219.0, 22172.0, 22209.0, 22217.0, 22171.0, 22177.0, 22200.0, 22160.0, 22172.0, 22165.0, 22167.0, 22158.0, 22076.0, 22081.0, 22072.0, 22125.0, 22148.0, 22141.0, 22122.0, 22145.0, 22188.0, 22098.0, 22155.0, 22213.0, 22225.0, 22259.0, 22271.0, 22241.0, 22191.0, 22217.0, 22212.0, 22215.0, 22195.0, 22164.0, 22180.0, 22193.0, 22156.0, 22169.0, 22171.0, 22184.0, 22186.0, 22167.0, 22189.0, 22210.0, 22167.0, 22175.0, 22142.0, 22206.0, 22212.0, 22184.0, 22135.0, 22147.0, 22169.0, 22154.0, 22107.0, 22141.0, 22145.0, 22149.0, 22132.0, 22107.0, 22065.0, 22094.0, 22117.0, 22103.0, 22081.0, 22141.0, 22083.0, 22117.0, 22140.0, 22153.0, 22169.0, 22172.0, 22161.0, 22187.0, 22223.0, 22177.0, 22233.0, 22206.0, 22220.0, 22234.0, 22188.0, 22144.0, 22132.0, 22116.0, 22134.0, 22172.0, 22228.0, 22198.0, 22210.0, 22231.0, 22246.0, 22244.0, 22219.0, 22198.0, 22194.0, 22153.0, 22172.0, 22149.0, 22112.0, 22138.0, 22127.0, 22126.0, 22083.0, 22093.0, 22126.0, 22146.0, 22172.0, 22170.0, 22164.0, 22163.0, 22152.0, 22110.0, 22125.0, 22127.0, 22133.0, 22167.0, 22131.0, 22186.0, 22190.0, 22206.0, 22114.0, 22180.0, 22199.0, 22151.0, 22186.0, 22220.0, 22187.0, 22158.0, 22162.0, 22183.0, 22162.0, 22202.0, 22209.0, 22184.0, 22188.0, 22171.0, 22159.0, 22174.0, 22158.0, 22131.0, 22098.0, 22065.0, 22125.0, 22123.0, 22145.0, 22122.0, 22115.0, 22026.0, 22033.0, 22140.0, 22085.0, 22149.0, 22098.0, 22092.0]}, "slices": {}}}