{"AcquisitionMatrixPE": 96, "AcquisitionNumber": 1, "AcquisitionTime": "07:33:26.712500", "BandwidthPerPixelPhaseEncode": 33.602, "BaseResolution": 96, "BodyPartExamined": "BRAIN", "ConsistencyInfo": "N4_VD11D_LATEST_20110129", "ConversionSoftware": "dcm2niix", "ConversionSoftwareVersion": "v1.0.20210317", "DerivedVendorReportedEchoSpacing": 0.000620003, "DeviceSerialNumber": "45239", "DwellTime": 2.6e-06, "EchoTime": 0.03, "EchoTrainLength": 48, "EffectiveEchoSpacing": 0.000310001, "FlipAngle": 63, "ImageComments": "Unaliased MB4/PE3", "ImageOrientationPatientDICOM": [0.999997, -0.000559364, 0.00226189, 0.00154363, 0.886204, -0.463293], "ImageType": ["ORIGINAL", "PRIMARY", "M", "ND", "NORM", "MOSAIC"], "ImagingFrequency": 123.193, "InPlanePhaseEncodingDirectionDICOM": "COL", "InstitutionAddress": "E 24th St. 100,Austin,Southmiddle,US,78712", "InstitutionName": "Univ of Texas at Austin", "InstitutionalDepartmentName": "IRC", "MRAcquisitionType": "2D", "MagneticFieldStrength": 3, "Manufacturer": "Siemens", "ManufacturersModelName": "Skyra", "Modality": "MR", "MultibandAccelerationFactor": 4, "ParallelReductionFactorInPlane": 2, "PartialFourier": 1, "PatientPosition": "HFS", "PercentPhaseFOV": 100, "PercentSampling": 100, "PhaseEncodingDirection": "j-", "PhaseEncodingSteps": 96, "PhaseResolution": 1, "PixelBandwidth": 2005, "ProcedureStepDescription": "Poldrack2^self-scanning", "ProtocolName": "Resting State fMRI MBEPI_matrix96_BW2004", "PulseSequenceDetails": "%CustomerSeq%\\cmrr_mbep2d_bold", "ReceiveCoilActiveElements": "HEA;HEP", "ReceiveCoilName": "Head_32", "ReconMatrixPE": 96, "RefLinesPE": 94, "RepetitionTime": 1.16, "SAR": 0.095257, "ScanOptions": "FS", "ScanningSequence": "EP", "SequenceName": "epfid2d1_96", "SequenceVariant": "SK", "SeriesDescription": "Resting State fMRI MBEPI_matrix96_BW2004", "SeriesNumber": 6, "ShimSetting": [-2811, 7978, -15423, 199, -259, -46, 308, -86], "SliceThickness": 2, "SliceTiming": [0, 0.5, 0.9975, 0.3575, 0.855, 0.215, 0.7125, 0.0725, 0.57, 1.07, 0.4275, 0.9275, 0.285, 0.785, 0.1425, 0.6425, 0, 0.5, 0.9975, 0.3575, 0.855, 0.215, 0.7125, 0.0725, 0.57, 1.07, 0.4275, 0.9275, 0.285, 0.785, 0.1425, 0.6425, 0, 0.5, 0.9975, 0.3575, 0.855, 0.215, 0.7125, 0.0725, 0.57, 1.07, 0.4275, 0.9275, 0.285, 0.785, 0.1425, 0.6425, 0, 0.5, 0.9975, 0.3575, 0.855, 0.215, 0.7125, 0.0725, 0.57, 1.07, 0.4275, 0.9275, 0.285, 0.785, 0.1425, 0.6425], "SoftwareVersions": "syngo MR D11", "SpacingBetweenSlices": 2.4, "StationName": "AWP45239", "TaskName": "Resting fmri", "TotalReadoutTime": 0.0294501, "TxRefAmp": 334.309, "WipMemBlock": "7a0764ed-87bf-4554-9550-126111790125||Sequence: VD11D r206; Feb 13 2013 18:52:04 by eja", "dcmmeta_affine": [[-2.395826816558838, 0.0036982835736125708, 0.004188827238976955, 118.44811248779297], [0.0013401418691501021, 2.123196601867676, -1.1119087934494019, -79.45734405517578], [0.005419107154011726, 1.1099729537963867, 2.126885414123535, -76.36090087890625], [0.0, 0.0, 0.0, 1.0]], "dcmmeta_reorient_transform": [[0.0, -1.0, 0.0, 95.0], [1.0, 0.0, 0.0, 0.0], [0.0, 0.0, 1.0, 0.0], [0.0, 0.0, 0.0, 1.0]], "dcmmeta_shape": [96, 96, 64, 518], "dcmmeta_slice_dim": 2, "dcmmeta_version": 0.6, "global": {"const": {"AcquisitionMatrix": [96, 0, 0, 96], "AngioFlag": "N", "BitsAllocated": 16, "BitsStored": 16, "BodyPartExamined": "BRAIN", "Columns": 768, "EchoNumbers": 1, "EchoTime": 30.0, "EchoTrainLength": 48, "FlipAngle": 63.0, "HighBit": 15, "ImageOrientationPatient": [0.99999728548321, -0.0005593635795, 0.00226188827969, 0.0015436314887, 0.88620378177291, -0.4632930761119], "ImagePositionPatient": [-925.03985812287, -835.19005641441, 400.21662040173], "ImageType": ["ORIGINAL", "PRIMARY", "M", "ND", "NORM", "MOSAIC"], "ImagedNucleus": "1H", "ImagingFrequency": 123.193161, "InPlanePhaseEncodingDirection": "COL", "MRAcquisitionType": "2D", "MagneticFieldStrength": 3.0, "Manufacturer": "SIEMENS", "ManufacturerModelName": "Skyra", "Modality": "MR", "NumberOfAverages": 1.0, "NumberOfPhaseEncodingSteps": 96, "PercentPhaseFieldOfView": 100.0, "PercentSampling": 100.0, "PerformedProcedureStepStartTime": "072317.093000", "PhotometricInterpretation": "MONOCHROME2", "PixelBandwidth": 2005.0, "PixelRepresentation": 0, "PixelSpacing": [2.3958332538605, 2.3958332538605], "ProtocolName": "Resting State fMRI MBEPI_matrix96_BW2004", "RepetitionTime": 1160.0, "Rows": 768, "SAR": 0.09525698658521, "SamplesPerPixel": 1, "ScanOptions": "FS", "ScanningSequence": "EP", "SequenceName": "epfid2d1_96", "SequenceVariant": "SK", "SeriesDescription": "Resting State fMRI MBEPI_matrix96_BW2004", "SeriesNumber": 6, "SeriesTime": "073405.625000", "SliceLocation": -30.652257391269, "SliceThickness": 2.0, "SmallestImagePixelValue": 0, "SoftwareVersions": "syngo MR D11", "SpacingBetweenSlices": 2.4000000361328, "SpecificCharacterSet": "ISO_IR 100", "StudyID": "1", "StudyTime": "072316.953000", "TransmitCoilName": "Body", "VariableFlipAngleFlag": "N", "WindowCenterWidthExplanation": "Algo1", "dBdt": 0.0}, "slices": {}}, "time": {"samples": {"AcquisitionNumber": [1, 2, 3, 4, 5, 6, 7, 8, 9, 10, 11, 12, 13, 14, 15, 16, 17, 18, 19, 20, 21, 22, 23, 24, 25, 26, 27, 28, 29, 30, 31, 32, 33, 34, 35, 36, 37, 38, 39, 40, 41, 42, 43, 44, 45, 46, 47, 48, 49, 50, 51, 52, 53, 54, 55, 56, 57, 58, 59, 60, 61, 62, 63, 64, 65, 66, 67, 68, 69, 70, 71, 72, 73, 74, 75, 76, 77, 78, 79, 80, 81, 82, 83, 84, 85, 86, 87, 88, 89, 90, 91, 92, 93, 94, 95, 96, 97, 98, 99, 100, 101, 102, 103, 104, 105, 106, 107, 108, 109, 110, 111, 112, 113, 114, 115, 116, 117, 118, 119, 120, 121, 122, 123, 124, 125, 126, 127, 128, 129, 130, 131, 132, 133, 134, 135, 136, 137, 138, 139, 140, 141, 142, 143, 144, 145, 146, 147, 148, 149, 150, 151, 152, 153, 154, 155, 156, 157, 158, 159, 160, 161, 162, 163, 164, 165, 166, 167, 168, 169, 170, 171, 172, 173, 174, 175, 176, 177, 178, 179, 180, 181, 182, 183, 184, 185, 186, 187, 188, 189, 190, 191, 192, 193, 194, 195, 196, 197, 198, 199, 200, 201, 202, 203, 204, 205, 206, 207, 208, 209, 210, 211, 212, 213, 214, 215, 216, 217, 218, 219, 220, 221, 222, 223, 224, 225, 226, 227, 228, 229, 230, 231, 232, 233, 234, 235, 236, 237, 238, 239, 240, 241, 242, 243, 244, 245, 246, 247, 248, 249, 250, 251, 252, 253, 254, 255, 256, 257, 258, 259, 260, 261, 262, 263, 264, 265, 266, 267, 268, 269, 270, 271, 272, 273, 274, 275, 276, 277, 278, 279, 280, 281, 282, 283, 284, 285, 286, 287, 288, 289, 290, 291, 292, 293, 294, 295, 296, 297, 298, 299, 300, 301, 302, 303, 304, 305, 306, 307, 308, 309, 310, 311, 312, 313, 314, 315, 316, 317, 318, 319, 320, 321, 322, 323, 324, 325, 326, 327, 328, 329, 330, 331, 332, 333, 334, 335, 336, 337, 338, 339, 340, 341, 342, 343, 344, 345, 346, 347, 348, 349, 350, 351, 352, 353, 354, 355, 356, 357, 358, 359, 360, 361, 362, 363, 364, 365, 366, 367, 368, 369, 370, 371, 372, 373, 374, 375, 376, 377, 378, 379, 380, 381, 382, 383, 384, 385, 386, 387, 388, 389, 390, 391, 392, 393, 394, 395, 396, 397, 398, 399, 400, 401, 402, 403, 404, 405, 406, 407, 408, 409, 410, 411, 412, 413, 414, 415, 416, 417, 418, 419, 420, 421, 422, 423, 424, 425, 426, 427, 428, 429, 430, 431, 432, 433, 434, 435, 436, 437, 438, 439, 440, 441, 442, 443, 444, 445, 446, 447, 448, 449, 450, 451, 452, 453, 454, 455, 456, 457, 458, 459, 460, 461, 462, 463, 464, 465, 466, 467, 468, 469, 470, 471, 472, 473, 474, 475, 476, 477, 478, 479, 480, 481, 482, 483, 484, 485, 486, 487, 488, 489, 490, 491, 492, 493, 494, 495, 496, 497, 498, 499, 500, 501, 502, 503, 504, 505, 506, 507, 508, 509, 510, 511, 512, 513, 514, 515, 516, 517, 518], "AcquisitionTime": ["073326.712500", "073355.712500", "073356.872500", "073358.032500", "073359.192500", "073400.352500", "073401.512500", "073402.672500", "073403.832500", "073404.992500", "073406.152500", "073407.312500", "073408.472500", "073409.632500", "073410.792500", "073411.952500", "073413.112500", "073414.272500", "073415.432500", "073416.592500", "073417.752500", "073418.912500", "073420.072500", "073421.232500", "073422.392500", "073423.552500", "073424.712500", "073425.872500", "073427.032500", "073428.192500", "073429.352500", "073430.512500", "073431.672500", "073432.832500", "073433.992500", "073435.152500", "073436.312500", "073437.472500", "073438.632500", "073439.792500", "073440.952500", "073442.112500", "073443.272500", "073444.432500", "073445.592500", "073446.752500", "073447.912500", "073449.072500", "073450.232500", "073451.392500", "073452.552500", "073453.712500", "073454.872500", "073456.032500", "073457.192500", "073458.352500", "073459.512500", "073500.672500", "073501.832500", "073502.992500", "073504.152500", "073505.312500", "073506.472500", "073507.632500", "073508.792500", "073509.952500", "073511.112500", "073512.272500", "073513.432500", "073514.592500", "073515.752500", "073516.912500", "073518.072500", "073519.232500", "073520.392500", "073521.555000", "073522.715000", "073523.875000", "073525.035000", "073526.195000", "073527.355000", "073528.515000", "073529.675000", "073530.835000", "073531.995000", "073533.155000", "073534.315000", "073535.475000", "073536.635000", "073537.795000", "073538.955000", "073540.115000", "073541.275000", "073542.435000", "073543.595000", "073544.755000", "073545.915000", "073547.075000", "073548.235000", "073549.395000", "073550.555000", "073551.715000", "073552.875000", "073554.035000", "073555.195000", "073556.355000", "073557.515000", "073558.675000", "073559.835000", "073600.995000", "073602.155000", "073603.315000", "073604.475000", "073605.635000", "073606.795000", "073607.955000", "073609.115000", "073610.275000", "073611.435000", "073612.595000", "073613.755000", "073614.915000", "073616.075000", "073617.235000", "073618.395000", "073619.555000", "073620.715000", "073621.875000", "073623.035000", "073624.195000", "073625.355000", "073626.515000", "073627.675000", "073628.835000", "073629.995000", "073631.155000", "073632.315000", "073633.475000", "073634.635000", "073635.795000", "073636.955000", "073638.115000", "073639.275000", "073640.435000", "073641.595000", "073642.755000", "073643.915000", "073645.075000", "073646.235000", "073647.395000", "073648.555000", "073649.715000", "073650.875000", "073652.035000", "073653.195000", "073654.355000", "073655.515000", "073656.675000", "073657.835000", "073658.995000", "073700.155000", "073701.315000", "073702.475000", "073703.635000", "073704.795000", "073705.955000", "073707.115000", "073708.275000", "073709.435000", "073710.595000", "073711.755000", "073712.915000", "073714.075000", "073715.235000", "073716.395000", "073717.555000", "073718.715000", "073719.875000", "073721.035000", "073722.195000", "073723.355000", "073724.515000", "073725.675000", "073726.835000", "073727.995000", "073729.155000", "073730.315000", "073731.475000", "073732.635000", "073733.795000", "073734.955000", "073736.115000", "073737.275000", "073738.435000", "073739.595000", "073740.755000", "073741.915000", "073743.075000", "073744.235000", "073745.395000", "073746.555000", "073747.715000", "073748.875000", "073750.035000", "073751.195000", "073752.355000", "073753.515000", "073754.675000", "073755.835000", "073756.995000", "073758.155000", "073759.315000", "073800.475000", "073801.635000", "073802.795000", "073803.955000", "073805.115000", "073806.275000", "073807.435000", "073808.595000", "073809.755000", "073810.915000", "073812.075000", "073813.235000", "073814.395000", "073815.555000", "073816.715000", "073817.875000", "073819.035000", "073820.195000", "073821.355000", "073822.515000", "073823.675000", "073824.835000", "073825.995000", "073827.155000", "073828.315000", "073829.475000", "073830.635000", "073831.795000", "073832.955000", "073834.115000", "073835.275000", "073836.435000", "073837.595000", "073838.755000", "073839.915000", "073841.075000", "073842.235000", "073843.395000", "073844.555000", "073845.715000", "073846.875000", "073848.035000", "073849.195000", "073850.355000", "073851.515000", "073852.675000", "073853.835000", "073854.995000", "073856.155000", "073857.315000", "073858.475000", "073859.635000", "073900.795000", "073901.955000", "073903.115000", "073904.275000", "073905.435000", "073906.595000", "073907.755000", "073908.915000", "073910.075000", "073911.235000", "073912.395000", "073913.555000", "073914.715000", "073915.875000", "073917.035000", "073918.195000", "073919.355000", "073920.515000", "073921.675000", "073922.835000", "073923.995000", "073925.155000", "073926.315000", "073927.475000", "073928.635000", "073929.795000", "073930.955000", "073932.115000", "073933.275000", "073934.435000", "073935.595000", "073936.755000", "073937.915000", "073939.075000", "073940.235000", "073941.395000", "073942.555000", "073943.715000", "073944.875000", "073946.035000", "073947.195000", "073948.355000", "073949.515000", "073950.675000", "073951.835000", "073952.995000", "073954.155000", "073955.315000", "073956.475000", "073957.635000", "073958.795000", "073959.955000", "074001.115000", "074002.275000", "074003.435000", "074004.595000", "074005.755000", "074006.915000", "074008.075000", "074009.235000", "074010.395000", "074011.557500", "074012.717500", "074013.877500", "074015.037500", "074016.197500", "074017.357500", "074018.517500", "074019.677500", "074020.837500", "074021.997500", "074023.157500", "074024.317500", "074025.477500", "074026.637500", "074027.797500", "074028.957500", "074030.117500", "074031.277500", "074032.437500", "074033.597500", "074034.757500", "074035.917500", "074037.077500", "074038.237500", "074039.397500", "074040.557500", "074041.717500", "074042.877500", "074044.037500", "074045.197500", "074046.357500", "074047.517500", "074048.677500", "074049.837500", "074050.997500", "074052.157500", "074053.317500", "074054.477500", "074055.637500", "074056.797500", "074057.957500", "074059.117500", "074100.277500", "074101.437500", "074102.597500", "074103.757500", "074104.917500", "074106.077500", "074107.237500", "074108.397500", "074109.557500", "074110.717500", "074111.877500", "074113.037500", "074114.197500", "074115.357500", "074116.517500", "074117.677500", "074118.837500", "074119.997500", "074121.157500", "074122.317500", "074123.477500", "074124.637500", "074125.797500", "074126.957500", "074128.117500", "074129.277500", "074130.437500", "074131.597500", "074132.757500", "074133.917500", "074135.077500", "074136.237500", "074137.397500", "074138.557500", "074139.717500", "074140.877500", "074142.037500", "074143.197500", "074144.357500", "074145.517500", "074146.677500", "074147.837500", "074148.997500", "074150.157500", "074151.317500", "074152.477500", "074153.637500", "074154.797500", "074155.957500", "074157.117500", "074158.277500", "074159.437500", "074200.597500", "074201.757500", "074202.917500", "074204.077500", "074205.237500", "074206.397500", "074207.557500", "074208.717500", "074209.877500", "074211.037500", "074212.197500", "074213.357500", "074214.517500", "074215.677500", "074216.837500", "074217.997500", "074219.157500", "074220.317500", "074221.477500", "074222.637500", "074223.797500", "074224.957500", "074226.117500", "074227.277500", "074228.437500", "074229.597500", "074230.757500", "074231.917500", "074233.077500", "074234.237500", "074235.397500", "074236.557500", "074237.717500", "074238.877500", "074240.037500", "074241.197500", "074242.357500", "074243.517500", "074244.677500", "074245.837500", "074246.997500", "074248.157500", "074249.317500", "074250.477500", "074251.637500", "074252.797500", "074253.957500", "074255.117500", "074256.277500", "074257.437500", "074258.597500", "074259.757500", "074300.917500", "074302.077500", "074303.237500", "074304.397500", "074305.557500", "074306.717500", "074307.877500", "074309.037500", "074310.197500", "074311.357500", "074312.517500", "074313.677500", "074314.837500", "074315.997500", "074317.157500", "074318.317500", "074319.477500", "074320.637500", "074321.797500", "074322.957500", "074324.117500", "074325.277500", "074326.437500", "074327.597500", "074328.757500", "074329.917500", "074331.077500", "074332.237500", "074333.397500", "074334.557500", "074335.717500", "074336.877500", "074338.037500", "074339.197500", "074340.357500", "074341.517500", "074342.677500", "074343.837500", "074344.997500", "074346.157500", "074347.317500", "074348.477500", "074349.637500", "074350.797500", "074351.957500", "074353.117500", "074354.277500"], "ContentTime": ["073405.625000", "073413.890000", "073413.890000", "073413.890000", "073413.890000", "073413.890000", "073413.906000", "073418.890000", "073418.890000", "073418.890000", "073418.906000", "073423.906000", "073423.906000", "073423.906000", "073423.906000", "073428.890000", "073428.890000", "073428.890000", "073433.890000", "073433.890000", "073433.890000", "073433.890000", "073438.890000", "073438.890000", "073438.890000", "073438.890000", "073443.890000", "073443.890000", "073443.890000", "073448.890000", "073448.890000", "073448.890000", "073448.890000", "073453.890000", "073453.890000", "073453.890000", "073453.906000", "073458.890000", "073458.890000", "073458.890000", "073503.890000", "073503.890000", "073503.890000", "073503.890000", "073508.890000", "073508.890000", "073508.890000", "073513.890000", "073513.890000", "073513.890000", "073513.906000", "073518.890000", "073518.890000", "073518.890000", "073523.890000", "073523.890000", "073523.890000", "073523.890000", "073528.890000", "073528.890000", "073528.890000", "073528.890000", "073533.890000", "073533.890000", "073533.906000", "073533.906000", "073538.890000", "073538.890000", "073538.890000", "073543.890000", "073543.890000", "073543.890000", "073543.890000", "073548.890000", "073548.890000", "073548.890000", "073553.890000", "073553.890000", "073553.890000", "073553.906000", "073558.890000", "073558.890000", "073558.890000", "073603.890000", "073603.890000", "073603.890000", "073603.890000", "073608.890000", "073608.890000", "073608.890000", "073608.906000", "073613.890000", "073613.890000", "073613.890000", "073613.890000", "073618.890000", "073618.890000", "073618.890000", "073623.890000", "073623.890000", "073623.890000", "073623.890000", "073628.890000", "073628.890000", "073628.890000", "073628.890000", "073633.890000", "073633.890000", "073633.890000", "073633.890000", "073638.890000", "073638.890000", "073638.890000", "073643.890000", "073643.890000", "073643.890000", "073643.890000", "073648.890000", "073648.890000", "073648.890000", "073648.890000", "073653.890000", "073653.890000", "073653.890000", "073653.890000", "073658.890000", "073658.890000", "073658.890000", "073658.890000", "073703.890000", "073703.890000", "073703.890000", "073708.890000", "073708.921000", "073708.921000", "073708.921000", "073713.890000", "073713.890000", "073713.890000", "073718.890000", "073718.890000", "073718.890000", "073718.890000", "073723.890000", "073723.890000", "073723.890000", "073723.890000", "073728.890000", "073728.890000", "073728.890000", "073728.890000", "073733.890000", "073733.890000", "073733.890000", "073733.890000", "073738.890000", "073738.890000", "073738.890000", "073738.890000", "073743.890000", "073743.890000", "073743.890000", "073748.890000", "073748.890000", "073748.906000", "073748.906000", "073753.890000", "073753.890000", "073753.890000", "073753.890000", "073758.890000", "073758.890000", "073758.890000", "073758.890000", "073803.890000", "073803.890000", "073803.890000", "073803.921000", "073808.890000", "073808.890000", "073808.890000", "073808.906000", "073813.890000", "073813.890000", "073813.890000", "073818.890000", "073818.890000", "073818.890000", "073818.890000", "073823.890000", "073823.906000", "073823.921000", "073823.921000", "073828.890000", "073828.890000", "073828.890000", "073828.906000", "073833.890000", "073833.890000", "073833.890000", "073833.906000", "073838.890000", "073838.890000", "073838.906000", "073843.890000", "073843.890000", "073843.890000", "073843.890000", "073848.890000", "073848.890000", "073848.890000", "073848.906000", "073853.890000", "073853.890000", "073853.890000", "073853.890000", "073858.890000", "073858.890000", "073858.890000", "073903.890000", "073903.890000", "073903.890000", "073903.890000", "073908.890000", "073908.890000", "073908.906000", "073908.906000", "073913.890000", "073913.890000", "073913.890000", "073913.890000", "073918.890000", "073918.890000", "073918.890000", "073923.890000", "073923.890000", "073923.890000", "073923.890000", "073928.890000", "073928.890000", "073928.890000", "073928.890000", "073933.890000", "073933.890000", "073933.890000", "073938.890000", "073938.890000", "073938.890000", "073938.890000", "073943.890000", "073943.890000", "073943.890000", "073943.890000", "073948.890000", "073948.890000", "073948.890000", "073953.890000", "073953.890000", "073953.890000", "073953.890000", "073958.890000", "073958.890000", "073958.890000", "073958.890000", "074003.890000", "074003.890000", "074003.890000", "074003.906000", "074008.890000", "074008.890000", "074008.890000", "074008.890000", "074013.890000", "074013.890000", "074013.890000", "074013.890000", "074018.890000", "074018.890000", "074018.890000", "074018.906000", "074023.890000", "074023.890000", "074023.890000", "074028.890000", "074028.890000", "074028.890000", "074028.890000", "074033.890000", "074033.890000", "074033.890000", "074033.906000", "074038.890000", "074038.890000", "074038.937000", "074043.890000", "074043.890000", "074043.890000", "074043.890000", "074048.890000", "074048.890000", "074048.890000", "074048.890000", "074053.890000", "074053.890000", "074053.890000", "074053.906000", "074058.890000", "074058.890000", "074058.890000", "074058.890000", "074103.890000", "074103.890000", "074103.890000", "074103.921000", "074108.890000", "074108.890000", "074108.890000", "074108.890000", "074113.890000", "074113.890000", "074113.890000", "074118.890000", "074118.890000", "074118.890000", "074118.906000", "074123.890000", "074123.890000", "074123.890000", "074128.890000", "074128.890000", "074128.890000", "074128.890000", "074133.890000", "074133.890000", "074133.890000", "074138.890000", "074138.890000", "074138.890000", "074138.906000", "074138.906000", "074143.890000", "074143.890000", "074143.890000", "074148.890000", "074148.890000", "074148.890000", "074148.890000", "074153.890000", "074153.890000", "074153.890000", "074153.921000", "074158.890000", "074158.890000", "074158.890000", "074158.890000", "074203.890000", "074203.890000", "074203.890000", "074208.890000", "074208.890000", "074208.890000", "074208.906000", "074208.906000", "074213.890000", "074213.890000", "074213.890000", "074218.890000", "074218.890000", "074218.890000", "074218.906000", "074223.890000", "074223.890000", "074223.890000", "074223.890000", "074228.890000", "074228.890000", "074228.890000", "074228.906000", "074233.890000", "074233.890000", "074233.890000", "074238.890000", "074238.890000", "074238.890000", "074238.890000", "074243.890000", "074243.890000", "074243.890000", "074243.890000", "074248.890000", "074248.890000", "074248.890000", "074248.906000", "074253.890000", "074253.906000", "074253.906000", "074258.890000", "074258.890000", "074258.890000", "074258.890000", "074303.890000", "074303.890000", "074303.890000", "074303.890000", "074308.890000", "074308.890000", "074308.890000", "074308.890000", "074313.890000", "074313.890000", "074313.890000", "074318.890000", "074318.890000", "074318.890000", "074318.890000", "074323.890000", "074323.890000", "074323.890000", "074323.890000", "074328.890000", "074328.890000", "074328.890000", "074328.906000", "074333.890000", "074333.890000", "074333.890000", "074333.890000", "074338.890000", "074338.890000", "074338.890000", "074343.890000", "074343.890000", "074343.890000", "074343.890000", "074348.890000", "074348.890000", "074348.890000", "074348.890000", "074353.890000", "074353.890000", "074353.890000", "074358.890000", "074358.890000", "074358.890000", "074358.890000", "074403.890000", "074403.890000", "074403.890000", "074403.890000", "074408.890000", "074408.890000", "074408.890000", "074408.906000", "074413.890000", "074413.890000", "074413.890000", "074413.906000", "074418.890000", "074418.890000", "074418.890000", "074418.890000", "074423.890000", "074424.000000", "074424.000000", "074424.000000", "074428.890000", "074428.890000", "074428.890000", "074428.890000", "074433.890000", "074433.890000", "074433.890000", "074433.890000", "074438.890000", "074438.890000", "074438.890000", "074438.890000", "074443.890000", "074443.890000", "074443.890000", "074443.921000", "074448.890000", "074448.890000", "074448.890000", "074448.890000", "074453.890000", "074453.890000", "074453.890000", "074453.906000", "074458.890000", "074458.890000", "074458.890000", "074458.890000", "074503.890000", "074503.890000", "074503.890000", "074503.890000", "074508.890000", "074508.890000", "074508.890000", "074508.890000", "074513.890000", "074513.890000", "074513.890000", "074513.890000", "074518.890000", "074518.890000", "074518.984000", "074519.000000", "074523.890000", "074523.890000", "074523.890000", "074528.890000", "074528.890000", "074528.890000", "074528.890000", "074528.890000", "074530.281000"], "InstanceCreationTime": ["073405.625000", "073413.890000", "073413.890000", "073413.890000", "073413.890000", "073413.890000", "073413.906000", "073418.890000", "073418.890000", "073418.890000", "073418.906000", "073423.906000", "073423.906000", "073423.906000", "073423.906000", "073428.890000", "073428.890000", "073428.890000", "073433.890000", "073433.890000", "073433.890000", "073433.890000", "073438.890000", "073438.890000", "073438.890000", "073438.890000", "073443.890000", "073443.890000", "073443.890000", "073448.890000", "073448.890000", "073448.890000", "073448.890000", "073453.890000", "073453.890000", "073453.890000", "073453.906000", "073458.890000", "073458.890000", "073458.890000", "073503.890000", "073503.890000", "073503.890000", "073503.890000", "073508.890000", "073508.890000", "073508.890000", "073513.890000", "073513.890000", "073513.890000", "073513.906000", "073518.890000", "073518.890000", "073518.890000", "073523.890000", "073523.890000", "073523.890000", "073523.890000", "073528.890000", "073528.890000", "073528.890000", "073528.890000", "073533.890000", "073533.890000", "073533.906000", "073533.906000", "073538.890000", "073538.890000", "073538.890000", "073543.890000", "073543.890000", "073543.890000", "073543.890000", "073548.890000", "073548.890000", "073548.890000", "073553.890000", "073553.890000", "073553.890000", "073553.906000", "073558.890000", "073558.890000", "073558.890000", "073603.890000", "073603.890000", "073603.890000", "073603.890000", "073608.890000", "073608.890000", "073608.890000", "073608.906000", "073613.890000", "073613.890000", "073613.890000", "073613.890000", "073618.890000", "073618.890000", "073618.890000", "073623.890000", "073623.890000", "073623.890000", "073623.890000", "073628.890000", "073628.890000", "073628.890000", "073628.890000", "073633.890000", "073633.890000", "073633.890000", "073633.890000", "073638.890000", "073638.890000", "073638.890000", "073643.890000", "073643.890000", "073643.890000", "073643.890000", "073648.890000", "073648.890000", "073648.890000", "073648.890000", "073653.890000", "073653.890000", "073653.890000", "073653.890000", "073658.890000", "073658.890000", "073658.890000", "073658.890000", "073703.890000", "073703.890000", "073703.890000", "073708.890000", "073708.921000", "073708.921000", "073708.921000", "073713.890000", "073713.890000", "073713.890000", "073718.890000", "073718.890000", "073718.890000", "073718.890000", "073723.890000", "073723.890000", "073723.890000", "073723.890000", "073728.890000", "073728.890000", "073728.890000", "073728.890000", "073733.890000", "073733.890000", "073733.890000", "073733.890000", "073738.890000", "073738.890000", "073738.890000", "073738.890000", "073743.890000", "073743.890000", "073743.890000", "073748.890000", "073748.890000", "073748.906000", "073748.906000", "073753.890000", "073753.890000", "073753.890000", "073753.890000", "073758.890000", "073758.890000", "073758.890000", "073758.890000", "073803.890000", "073803.890000", "073803.890000", "073803.921000", "073808.890000", "073808.890000", "073808.890000", "073808.906000", "073813.890000", "073813.890000", "073813.890000", "073818.890000", "073818.890000", "073818.890000", "073818.890000", "073823.890000", "073823.906000", "073823.921000", "073823.921000", "073828.890000", "073828.890000", "073828.890000", "073828.906000", "073833.890000", "073833.890000", "073833.890000", "073833.906000", "073838.890000", "073838.890000", "073838.906000", "073843.890000", "073843.890000", "073843.890000", "073843.890000", "073848.890000", "073848.890000", "073848.890000", "073848.906000", "073853.890000", "073853.890000", "073853.890000", "073853.890000", "073858.890000", "073858.890000", "073858.890000", "073903.890000", "073903.890000", "073903.890000", "073903.890000", "073908.890000", "073908.890000", "073908.906000", "073908.906000", "073913.890000", "073913.890000", "073913.890000", "073913.890000", "073918.890000", "073918.890000", "073918.890000", "073923.890000", "073923.890000", "073923.890000", "073923.890000", "073928.890000", "073928.890000", "073928.890000", "073928.890000", "073933.890000", "073933.890000", "073933.890000", "073938.890000", "073938.890000", "073938.890000", "073938.890000", "073943.890000", "073943.890000", "073943.890000", "073943.890000", "073948.890000", "073948.890000", "073948.890000", "073953.890000", "073953.890000", "073953.890000", "073953.890000", "073958.890000", "073958.890000", "073958.890000", "073958.890000", "074003.890000", "074003.890000", "074003.890000", "074003.906000", "074008.890000", "074008.890000", "074008.890000", "074008.890000", "074013.890000", "074013.890000", "074013.890000", "074013.890000", "074018.890000", "074018.890000", "074018.890000", "074018.906000", "074023.890000", "074023.890000", "074023.890000", "074028.890000", "074028.890000", "074028.890000", "074028.890000", "074033.890000", "074033.890000", "074033.890000", "074033.906000", "074038.890000", "074038.890000", "074038.937000", "074043.890000", "074043.890000", "074043.890000", "074043.890000", "074048.890000", "074048.890000", "074048.890000", "074048.890000", "074053.890000", "074053.890000", "074053.890000", "074053.906000", "074058.890000", "074058.890000", "074058.890000", "074058.890000", "074103.890000", "074103.890000", "074103.890000", "074103.921000", "074108.890000", "074108.890000", "074108.890000", "074108.890000", "074113.890000", "074113.890000", "074113.890000", "074118.890000", "074118.890000", "074118.890000", "074118.906000", "074123.890000", "074123.890000", "074123.890000", "074128.890000", "074128.890000", "074128.890000", "074128.890000", "074133.890000", "074133.890000", "074133.890000", "074138.890000", "074138.890000", "074138.890000", "074138.906000", "074138.906000", "074143.890000", "074143.890000", "074143.890000", "074148.890000", "074148.890000", "074148.890000", "074148.890000", "074153.890000", "074153.890000", "074153.890000", "074153.921000", "074158.890000", "074158.890000", "074158.890000", "074158.890000", "074203.890000", "074203.890000", "074203.890000", "074208.890000", "074208.890000", "074208.890000", "074208.906000", "074208.906000", "074213.890000", "074213.890000", "074213.890000", "074218.890000", "074218.890000", "074218.890000", "074218.906000", "074223.890000", "074223.890000", "074223.890000", "074223.890000", "074228.890000", "074228.890000", "074228.890000", "074228.906000", "074233.890000", "074233.890000", "074233.890000", "074238.890000", "074238.890000", "074238.890000", "074238.890000", "074243.890000", "074243.890000", "074243.890000", "074243.890000", "074248.890000", "074248.890000", "074248.890000", "074248.906000", "074253.890000", "074253.906000", "074253.906000", "074258.890000", "074258.890000", "074258.890000", "074258.890000", "074303.890000", "074303.890000", "074303.890000", "074303.890000", "074308.890000", "074308.890000", "074308.890000", "074308.890000", "074313.890000", "074313.890000", "074313.890000", "074318.890000", "074318.890000", "074318.890000", "074318.890000", "074323.890000", "074323.890000", "074323.890000", "074323.890000", "074328.890000", "074328.890000", "074328.890000", "074328.906000", "074333.890000", "074333.890000", "074333.890000", "074333.890000", "074338.890000", "074338.890000", "074338.890000", "074343.890000", "074343.890000", "074343.890000", "074343.890000", "074348.890000", "074348.890000", "074348.890000", "074348.890000", "074353.890000", "074353.890000", "074353.890000", "074358.890000", "074358.890000", "074358.890000", "074358.890000", "074403.890000", "074403.890000", "074403.890000", "074403.890000", "074408.890000", "074408.890000", "074408.890000", "074408.906000", "074413.890000", "074413.890000", "074413.890000", "074413.906000", "074418.890000", "074418.890000", "074418.890000", "074418.890000", "074423.890000", "074424.000000", "074424.000000", "074424.000000", "074428.890000", "074428.890000", "074428.890000", "074428.890000", "074433.890000", "074433.890000", "074433.890000", "074433.890000", "074438.890000", "074438.890000", "074438.890000", "074438.890000", "074443.890000", "074443.890000", "074443.890000", "074443.921000", "074448.890000", "074448.890000", "074448.890000", "074448.890000", "074453.890000", "074453.890000", "074453.890000", "074453.906000", "074458.890000", "074458.890000", "074458.890000", "074458.890000", "074503.890000", "074503.890000", "074503.890000", "074503.890000", "074508.890000", "074508.890000", "074508.890000", "074508.890000", "074513.890000", "074513.890000", "074513.890000", "074513.890000", "074518.890000", "074518.890000", "074518.984000", "074519.000000", "074523.890000", "074523.890000", "074523.890000", "074528.890000", "074528.890000", "074528.890000", "074528.890000", "074528.890000", "074530.281000"], "InstanceNumber": [1, 2, 3, 4, 5, 6, 7, 8, 9, 10, 11, 12, 13, 14, 15, 16, 17, 18, 19, 20, 21, 22, 23, 24, 25, 26, 27, 28, 29, 30, 31, 32, 33, 34, 35, 36, 37, 38, 39, 40, 41, 42, 43, 44, 45, 46, 47, 48, 49, 50, 51, 52, 53, 54, 55, 56, 57, 58, 59, 60, 61, 62, 63, 64, 65, 66, 67, 68, 69, 70, 71, 72, 73, 74, 75, 76, 77, 78, 79, 80, 81, 82, 83, 84, 85, 86, 87, 88, 89, 90, 91, 92, 93, 94, 95, 96, 97, 98, 99, 100, 101, 102, 103, 104, 105, 106, 107, 108, 109, 110, 111, 112, 113, 114, 115, 116, 117, 118, 119, 120, 121, 122, 123, 124, 125, 126, 127, 128, 129, 130, 131, 132, 133, 134, 135, 136, 137, 138, 139, 140, 141, 142, 143, 144, 145, 146, 147, 148, 149, 150, 151, 152, 153, 154, 155, 156, 157, 158, 159, 160, 161, 162, 163, 164, 165, 166, 167, 168, 169, 170, 171, 172, 173, 174, 175, 176, 177, 178, 179, 180, 181, 182, 183, 184, 185, 186, 187, 188, 189, 190, 191, 192, 193, 194, 195, 196, 197, 198, 199, 200, 201, 202, 203, 204, 205, 206, 207, 208, 209, 210, 211, 212, 213, 214, 215, 216, 217, 218, 219, 220, 221, 222, 223, 224, 225, 226, 227, 228, 229, 230, 231, 232, 233, 234, 235, 236, 237, 238, 239, 240, 241, 242, 243, 244, 245, 246, 247, 248, 249, 250, 251, 252, 253, 254, 255, 256, 257, 258, 259, 260, 261, 262, 263, 264, 265, 266, 267, 268, 269, 270, 271, 272, 273, 274, 275, 276, 277, 278, 279, 280, 281, 282, 283, 284, 285, 286, 287, 288, 289, 290, 291, 292, 293, 294, 295, 296, 297, 298, 299, 300, 301, 302, 303, 304, 305, 306, 307, 308, 309, 310, 311, 312, 313, 314, 315, 316, 317, 318, 319, 320, 321, 322, 323, 324, 325, 326, 327, 328, 329, 330, 331, 332, 333, 334, 335, 336, 337, 338, 339, 340, 341, 342, 343, 344, 345, 346, 347, 348, 349, 350, 351, 352, 353, 354, 355, 356, 357, 358, 359, 360, 361, 362, 363, 364, 365, 366, 367, 368, 369, 370, 371, 372, 373, 374, 375, 376, 377, 378, 379, 380, 381, 382, 383, 384, 385, 386, 387, 388, 389, 390, 391, 392, 393, 394, 395, 396, 397, 398, 399, 400, 401, 402, 403, 404, 405, 406, 407, 408, 409, 410, 411, 412, 413, 414, 415, 416, 417, 418, 419, 420, 421, 422, 423, 424, 425, 426, 427, 428, 429, 430, 431, 432, 433, 434, 435, 436, 437, 438, 439, 440, 441, 442, 443, 444, 445, 446, 447, 448, 449, 450, 451, 452, 453, 454, 455, 456, 457, 458, 459, 460, 461, 462, 463, 464, 465, 466, 467, 468, 469, 470, 471, 472, 473, 474, 475, 476, 477, 478, 479, 480, 481, 482, 483, 484, 485, 486, 487, 488, 489, 490, 491, 492, 493, 494, 495, 496, 497, 498, 499, 500, 501, 502, 503, 504, 505, 506, 507, 508, 509, 510, 511, 512, 513, 514, 515, 516, 517, 518], "LargestImagePixelValue": [25120, 23813, 23666, 23656, 23258, 23398, 24099, 23389, 23677, 23582, 23488, 23380, 23218, 23205, 24087, 23309, 23066, 24517, 23291, 25092, 25571, 22603, 25274, 23795, 23463, 23344, 23364, 23187, 24602, 22967, 22993, 23240, 23331, 24089, 23488, 23442, 23692, 23718, 23073, 23590, 23520, 23314, 23339, 22984, 23215, 22885, 23601, 23259, 23180, 23349, 23389, 23326, 23153, 23264, 23004, 23137, 23008, 23101, 23816, 23345, 23117, 23765, 23688, 23102, 23009, 22934, 23091, 23344, 24967, 23385, 22898, 23086, 22863, 22716, 22900, 23591, 22868, 22698, 22644, 22945, 23590, 23025, 22880, 22921, 22726, 22831, 22951, 23399, 23058, 24934, 23439, 24560, 23480, 26359, 22985, 23131, 24820, 23039, 22970, 22834, 23002, 23527, 24911, 23269, 23073, 22869, 23006, 24332, 23030, 26662, 22738, 22899, 23026, 24144, 22619, 22870, 23960, 22789, 22505, 22729, 22346, 22737, 24188, 22933, 22755, 22430, 22399, 22500, 26806, 23362, 22589, 25537, 22983, 22732, 22828, 22594, 23649, 22878, 22434, 22776, 22832, 23277, 22732, 22969, 26773, 22621, 22587, 26490, 24004, 22256, 22296, 22141, 22789, 22744, 23198, 22461, 23212, 22860, 22385, 22873, 23517, 22264, 22478, 22157, 22884, 23360, 23320, 22814, 23503, 25817, 22725, 22452, 25378, 23120, 22302, 22475, 22723, 22504, 22490, 22134, 25460, 22222, 23676, 22257, 22243, 24060, 23943, 23012, 22633, 23782, 22942, 22249, 24684, 23870, 23878, 22873, 22346, 22463, 23689, 23917, 22909, 24116, 22176, 22616, 22345, 23570, 22942, 24690, 23454, 26342, 22451, 24347, 22695, 22234, 22558, 24276, 22837, 23767, 22907, 22250, 22428, 22552, 22380, 22666, 23809, 26086, 22548, 24432, 22355, 22449, 22690, 22329, 22633, 22554, 26651, 25002, 22608, 22780, 22312, 23968, 24457, 22561, 23075, 22651, 26153, 24363, 24236, 22813, 22160, 22501, 22330, 22147, 22640, 22321, 22387, 24743, 23196, 25240, 22103, 22703, 22722, 23702, 22179, 22953, 22367, 22701, 24380, 23437, 22437, 22141, 22096, 22137, 23643, 25972, 22368, 22162, 22348, 22125, 22578, 24198, 24483, 22173, 22241, 22378, 22034, 25839, 23197, 22223, 22237, 22494, 23568, 22677, 22364, 24466, 22683, 22501, 24462, 22426, 22668, 23342, 22359, 23582, 25662, 23417, 22548, 23310, 22631, 22317, 22840, 27069, 23288, 23195, 24143, 22199, 23984, 22718, 23597, 22712, 23326, 24099, 22203, 24477, 22517, 23135, 22622, 22519, 22433, 22463, 22425, 26067, 23210, 22911, 24009, 23679, 26766, 23067, 22788, 22825, 22823, 22829, 22896, 28583, 25003, 22855, 22699, 23086, 23871, 23129, 22865, 23900, 25761, 23031, 24972, 22922, 22665, 22973, 27483, 24753, 26663, 22756, 22311, 22481, 22511, 22615, 26718, 22667, 24447, 22551, 22546, 22724, 22868, 22742, 22381, 23450, 22738, 26364, 23894, 22424, 22391, 23006, 23975, 22360, 24643, 24943, 23962, 23500, 22301, 22284, 22543, 23338, 24729, 22898, 23250, 25944, 23625, 22811, 24307, 22615, 22793, 23553, 23245, 23018, 24869, 22819, 23438, 26721, 22707, 25266, 22369, 22438, 27475, 23246, 22882, 22514, 22286, 22534, 24713, 25455, 23193, 24166, 22551, 23117, 23352, 23489, 25099, 22509, 22642, 24165, 23353, 26850, 22719, 24363, 23776, 25233, 22989, 23795, 22940, 26697, 23007, 22874, 22691, 23511, 22588, 22620, 23059, 22734, 25528, 24170, 27532, 24092, 23453, 22852, 24594, 22660, 22851, 23626, 22895, 22838, 26032, 23016, 23061, 23441, 22745, 22629, 22877, 22804, 22497, 22860, 24398, 24740, 23995, 22843, 22710, 25999, 24718, 26189, 23089, 23070, 23000, 22983, 22983, 22935, 23982, 23757, 23025, 22732, 24213, 26707, 22881, 24675, 23221, 24786, 24004, 23254, 22746, 23024, 24023, 23300, 23097, 23049, 24546, 22938, 25544, 23738, 23636, 22885, 22724, 25860, 23241, 26197, 23142, 24712, 22905, 22847, 23762, 24123, 23050, 23712], "WindowCenter": [9710.0, 9712.0, 9722.0, 9705.0, 9694.0, 9690.0, 9696.0, 9696.0, 9697.0, 9699.0, 9695.0, 9683.0, 9671.0, 9658.0, 9690.0, 9681.0, 9672.0, 9684.0, 9677.0, 9714.0, 9758.0, 9688.0, 9772.0, 9741.0, 9725.0, 9696.0, 9670.0, 9676.0, 9686.0, 9681.0, 9687.0, 9704.0, 9694.0, 9716.0, 9708.0, 9693.0, 9696.0, 9700.0, 9679.0, 9696.0, 9704.0, 9697.0, 9679.0, 9683.0, 9684.0, 9694.0, 9704.0, 9695.0, 9684.0, 9686.0, 9684.0, 9668.0, 9665.0, 9676.0, 9668.0, 9646.0, 9667.0, 9676.0, 9677.0, 9679.0, 9697.0, 9686.0, 9666.0, 9678.0, 9688.0, 9687.0, 9694.0, 9695.0, 9704.0, 9674.0, 9656.0, 9684.0, 9661.0, 9668.0, 9674.0, 9687.0, 9670.0, 9668.0, 9677.0, 9677.0, 9702.0, 9688.0, 9682.0, 9682.0, 9676.0, 9689.0, 9691.0, 9675.0, 9655.0, 9731.0, 9695.0, 9706.0, 9685.0, 9695.0, 9681.0, 9664.0, 9673.0, 9658.0, 9671.0, 9667.0, 9686.0, 9685.0, 9687.0, 9677.0, 9677.0, 9660.0, 9694.0, 9708.0, 9690.0, 9696.0, 9677.0, 9678.0, 9675.0, 9683.0, 9675.0, 9661.0, 9680.0, 9662.0, 9680.0, 9691.0, 9677.0, 9693.0, 9688.0, 9658.0, 9655.0, 9633.0, 9670.0, 9675.0, 9691.0, 9659.0, 9646.0, 9667.0, 9653.0, 9644.0, 9654.0, 9664.0, 9662.0, 9653.0, 9635.0, 9667.0, 9674.0, 9688.0, 9666.0, 9670.0, 9687.0, 9682.0, 9667.0, 9680.0, 9666.0, 9640.0, 9668.0, 9655.0, 9658.0, 9675.0, 9653.0, 9661.0, 9672.0, 9663.0, 9671.0, 9664.0, 9667.0, 9671.0, 9651.0, 9653.0, 9671.0, 9679.0, 9674.0, 9670.0, 9659.0, 9671.0, 9671.0, 9661.0, 9680.0, 9670.0, 9655.0, 9665.0, 9672.0, 9676.0, 9677.0, 9667.0, 9679.0, 9653.0, 9651.0, 9639.0, 9670.0, 9689.0, 9674.0, 9662.0, 9663.0, 9654.0, 9646.0, 9663.0, 9670.0, 9667.0, 9649.0, 9653.0, 9646.0, 9652.0, 9684.0, 9675.0, 9665.0, 9656.0, 9654.0, 9637.0, 9647.0, 9669.0, 9657.0, 9677.0, 9669.0, 9680.0, 9662.0, 9689.0, 9675.0, 9654.0, 9668.0, 9663.0, 9668.0, 9659.0, 9655.0, 9622.0, 9631.0, 9637.0, 9648.0, 9666.0, 9665.0, 9666.0, 9656.0, 9662.0, 9669.0, 9666.0, 9656.0, 9662.0, 9669.0, 9667.0, 9694.0, 9675.0, 9652.0, 9649.0, 9637.0, 9660.0, 9666.0, 9651.0, 9653.0, 9658.0, 9672.0, 9674.0, 9666.0, 9665.0, 9640.0, 9641.0, 9647.0, 9648.0, 9630.0, 9654.0, 9633.0, 9669.0, 9649.0, 9656.0, 9644.0, 9650.0, 9657.0, 9677.0, 9648.0, 9652.0, 9656.0, 9667.0, 9676.0, 9665.0, 9652.0, 9645.0, 9638.0, 9623.0, 9648.0, 9645.0, 9622.0, 9627.0, 9628.0, 9636.0, 9656.0, 9665.0, 9662.0, 9630.0, 9637.0, 9645.0, 9662.0, 9676.0, 9666.0, 9630.0, 9621.0, 9632.0, 9668.0, 9647.0, 9630.0, 9640.0, 9646.0, 9659.0, 9676.0, 9659.0, 9649.0, 9646.0, 9640.0, 9668.0, 9684.0, 9655.0, 9642.0, 9638.0, 9647.0, 9648.0, 9648.0, 9679.0, 9657.0, 9635.0, 9645.0, 9635.0, 9639.0, 9646.0, 9665.0, 9667.0, 9657.0, 9659.0, 9633.0, 9645.0, 9630.0, 9662.0, 9646.0, 9637.0, 9624.0, 9631.0, 9632.0, 9634.0, 9637.0, 9637.0, 9621.0, 9624.0, 9634.0, 9632.0, 9634.0, 9637.0, 9640.0, 9622.0, 9625.0, 9667.0, 9638.0, 9628.0, 9647.0, 9643.0, 9630.0, 9638.0, 9653.0, 9643.0, 9663.0, 9635.0, 9656.0, 9626.0, 9626.0, 9630.0, 9655.0, 9646.0, 9660.0, 9650.0, 9627.0, 9621.0, 9635.0, 9631.0, 9652.0, 9621.0, 9635.0, 9639.0, 9622.0, 9631.0, 9644.0, 9643.0, 9635.0, 9637.0, 9629.0, 9648.0, 9631.0, 9614.0, 9616.0, 9637.0, 9636.0, 9618.0, 9635.0, 9642.0, 9615.0, 9622.0, 9618.0, 9621.0, 9623.0, 9637.0, 9627.0, 9639.0, 9643.0, 9646.0, 9639.0, 9642.0, 9656.0, 9641.0, 9616.0, 9616.0, 9633.0, 9640.0, 9646.0, 9629.0, 9623.0, 9630.0, 9637.0, 9634.0, 9621.0, 9637.0, 9672.0, 9636.0, 9638.0, 9635.0, 9637.0, 9641.0, 9658.0, 9654.0, 9623.0, 9638.0, 9630.0, 9659.0, 9653.0, 9639.0, 9665.0, 9620.0, 9628.0, 9636.0, 9630.0, 9655.0, 9616.0, 9638.0, 9629.0, 9640.0, 9653.0, 9639.0, 9622.0, 9641.0, 9640.0, 9631.0, 9616.0, 9617.0, 9619.0, 9628.0, 9645.0, 9642.0, 9639.0, 9641.0, 9622.0, 9619.0, 9628.0, 9617.0, 9629.0, 9618.0, 9620.0, 9608.0, 9628.0, 9620.0, 9660.0, 9625.0, 9626.0, 9637.0, 9634.0, 9643.0, 9634.0, 9634.0, 9611.0, 9633.0, 9646.0, 9620.0, 9634.0, 9629.0, 9621.0, 9636.0, 9627.0, 9637.0, 9624.0, 9623.0, 9623.0, 9623.0, 9625.0, 9647.0, 9649.0, 9623.0, 9621.0, 9624.0, 9627.0, 9654.0, 9638.0, 9652.0, 9622.0, 9640.0, 9634.0, 9628.0, 9607.0, 9630.0, 9631.0, 9623.0, 9621.0, 9629.0, 9638.0, 9640.0, 9658.0, 9632.0, 9619.0, 9628.0, 9626.0, 9647.0, 9624.0, 9656.0, 9621.0, 9640.0, 9626.0, 9625.0, 9640.0, 9617.0, 9623.0, 9631.0], "WindowWidth": [20543.0, 20539.0, 20556.0, 20524.0, 20500.0, 20489.0, 20495.0, 20492.0, 20499.0, 20500.0, 20488.0, 20469.0, 20447.0, 20422.0, 20483.0, 20463.0, 20444.0, 20468.0, 20456.0, 20560.0, 20646.0, 20480.0, 20679.0, 20596.0, 20563.0, 20498.0, 20445.0, 20451.0, 20468.0, 20459.0, 20482.0, 20511.0, 20499.0, 20540.0, 20524.0, 20494.0, 20498.0, 20508.0, 20465.0, 20495.0, 20511.0, 20496.0, 20462.0, 20472.0, 20473.0, 20493.0, 20513.0, 20495.0, 20469.0, 20471.0, 20472.0, 20438.0, 20430.0, 20452.0, 20433.0, 20392.0, 20432.0, 20455.0, 20457.0, 20458.0, 20496.0, 20471.0, 20431.0, 20456.0, 20480.0, 20480.0, 20492.0, 20496.0, 20505.0, 20447.0, 20416.0, 20468.0, 20422.0, 20439.0, 20451.0, 20471.0, 20442.0, 20439.0, 20456.0, 20458.0, 20507.0, 20479.0, 20466.0, 20466.0, 20453.0, 20482.0, 20484.0, 20451.0, 20416.0, 20589.0, 20504.0, 20519.0, 20472.0, 20484.0, 20461.0, 20423.0, 20438.0, 20409.0, 20443.0, 20439.0, 20471.0, 20470.0, 20472.0, 20452.0, 20456.0, 20426.0, 20490.0, 20522.0, 20486.0, 20490.0, 20454.0, 20457.0, 20453.0, 20463.0, 20450.0, 20426.0, 20457.0, 20426.0, 20459.0, 20484.0, 20456.0, 20482.0, 20473.0, 20413.0, 20407.0, 20369.0, 20440.0, 20452.0, 20481.0, 20419.0, 20390.0, 20427.0, 20404.0, 20383.0, 20399.0, 20422.0, 20421.0, 20404.0, 20368.0, 20430.0, 20449.0, 20479.0, 20433.0, 20440.0, 20469.0, 20462.0, 20435.0, 20454.0, 20426.0, 20378.0, 20429.0, 20408.0, 20418.0, 20446.0, 20404.0, 20419.0, 20438.0, 20426.0, 20444.0, 20432.0, 20435.0, 20441.0, 20403.0, 20404.0, 20442.0, 20458.0, 20445.0, 20437.0, 20418.0, 20438.0, 20435.0, 20422.0, 20456.0, 20438.0, 20407.0, 20431.0, 20444.0, 20451.0, 20452.0, 20432.0, 20450.0, 20402.0, 20397.0, 20376.0, 20436.0, 20477.0, 20449.0, 20423.0, 20420.0, 20407.0, 20391.0, 20418.0, 20431.0, 20427.0, 20392.0, 20400.0, 20386.0, 20403.0, 20464.0, 20447.0, 20426.0, 20408.0, 20406.0, 20370.0, 20387.0, 20433.0, 20414.0, 20447.0, 20435.0, 20454.0, 20420.0, 20475.0, 20446.0, 20407.0, 20432.0, 20421.0, 20433.0, 20414.0, 20403.0, 20340.0, 20353.0, 20368.0, 20393.0, 20427.0, 20425.0, 20424.0, 20406.0, 20422.0, 20434.0, 20425.0, 20411.0, 20422.0, 20435.0, 20432.0, 20481.0, 20443.0, 20397.0, 20391.0, 20370.0, 20411.0, 20424.0, 20398.0, 20400.0, 20408.0, 20437.0, 20440.0, 20425.0, 20424.0, 20374.0, 20372.0, 20383.0, 20388.0, 20351.0, 20397.0, 20363.0, 20427.0, 20390.0, 20404.0, 20383.0, 20395.0, 20410.0, 20449.0, 20394.0, 20400.0, 20407.0, 20428.0, 20449.0, 20425.0, 20395.0, 20380.0, 20363.0, 20336.0, 20385.0, 20377.0, 20334.0, 20345.0, 20348.0, 20363.0, 20404.0, 20421.0, 20414.0, 20351.0, 20366.0, 20381.0, 20416.0, 20445.0, 20425.0, 20356.0, 20337.0, 20359.0, 20428.0, 20389.0, 20356.0, 20375.0, 20383.0, 20415.0, 20448.0, 20412.0, 20393.0, 20388.0, 20378.0, 20424.0, 20457.0, 20403.0, 20375.0, 20366.0, 20386.0, 20388.0, 20386.0, 20444.0, 20401.0, 20358.0, 20376.0, 20359.0, 20368.0, 20381.0, 20420.0, 20424.0, 20403.0, 20408.0, 20360.0, 20379.0, 20353.0, 20415.0, 20388.0, 20366.0, 20341.0, 20352.0, 20352.0, 20354.0, 20357.0, 20362.0, 20331.0, 20334.0, 20353.0, 20350.0, 20355.0, 20359.0, 20367.0, 20334.0, 20340.0, 20414.0, 20359.0, 20345.0, 20381.0, 20376.0, 20349.0, 20366.0, 20396.0, 20375.0, 20410.0, 20360.0, 20399.0, 20341.0, 20338.0, 20349.0, 20396.0, 20376.0, 20403.0, 20388.0, 20344.0, 20332.0, 20355.0, 20351.0, 20385.0, 20328.0, 20356.0, 20362.0, 20329.0, 20348.0, 20373.0, 20380.0, 20360.0, 20362.0, 20347.0, 20381.0, 20348.0, 20315.0, 20322.0, 20362.0, 20360.0, 20326.0, 20356.0, 20363.0, 20313.0, 20326.0, 20324.0, 20326.0, 20330.0, 20360.0, 20347.0, 20365.0, 20373.0, 20381.0, 20363.0, 20372.0, 20402.0, 20367.0, 20321.0, 20323.0, 20351.0, 20364.0, 20378.0, 20346.0, 20331.0, 20345.0, 20362.0, 20355.0, 20334.0, 20366.0, 20429.0, 20362.0, 20365.0, 20355.0, 20360.0, 20373.0, 20402.0, 20394.0, 20337.0, 20364.0, 20346.0, 20406.0, 20398.0, 20370.0, 20416.0, 20332.0, 20341.0, 20359.0, 20348.0, 20392.0, 20321.0, 20360.0, 20347.0, 20371.0, 20394.0, 20366.0, 20332.0, 20365.0, 20363.0, 20348.0, 20317.0, 20318.0, 20325.0, 20341.0, 20376.0, 20374.0, 20364.0, 20364.0, 20328.0, 20321.0, 20340.0, 20322.0, 20339.0, 20317.0, 20322.0, 20303.0, 20344.0, 20333.0, 20404.0, 20341.0, 20342.0, 20359.0, 20355.0, 20372.0, 20355.0, 20357.0, 20315.0, 20353.0, 20378.0, 20330.0, 20352.0, 20339.0, 20324.0, 20351.0, 20337.0, 20357.0, 20330.0, 20327.0, 20330.0, 20332.0, 20337.0, 20380.0, 20382.0, 20334.0, 20327.0, 20333.0, 20336.0, 20388.0, 20362.0, 20387.0, 20330.0, 20364.0, 20355.0, 20339.0, 20302.0, 20345.0, 20343.0, 20329.0, 20326.0, 20343.0, 20358.0, 20363.0, 20399.0, 20350.0, 20324.0, 20341.0, 20338.0, 20374.0, 20333.0, 20392.0, 20326.0, 20360.0, 20336.0, 20337.0, 20361.0, 20318.0, 20329.0, 20348.0]}, "slices": {}}}