{"AcquisitionMatrixPE": 96, "AcquisitionNumber": 1, "AcquisitionTime": "07:57:40.885000", "BandwidthPerPixelPhaseEncode": 33.602, "BaseResolution": 96, "BodyPartExamined": "BRAIN", "ConsistencyInfo": "N4_VD11D_LATEST_20110129", "ConversionSoftware": "dcm2niix", "ConversionSoftwareVersion": "v1.0.20210317", "DerivedVendorReportedEchoSpacing": 0.000620003, "DeviceSerialNumber": "45239", "DwellTime": 2.6e-06, "EchoTime": 0.03, "EchoTrainLength": 48, "EffectiveEchoSpacing": 0.000310001, "FlipAngle": 63, "ImageComments": "Unaliased MB4/PE3", "ImageOrientationPatientDICOM": [0.999667, 0.022316, 0.0129311, -0.0122678, 0.852431, -0.522697], "ImageType": ["ORIGINAL", "PRIMARY", "M", "ND", "NORM", "MOSAIC"], "ImagingFrequency": 123.193, "InPlanePhaseEncodingDirectionDICOM": "COL", "InstitutionAddress": "E 24th St. 100,Austin,Southmiddle,US,78712", "InstitutionName": "Univ of Texas at Austin", "InstitutionalDepartmentName": "IRC", "MRAcquisitionType": "2D", "MagneticFieldStrength": 3, "Manufacturer": "Siemens", "ManufacturersModelName": "Skyra", "Modality": "MR", "MultibandAccelerationFactor": 4, "ParallelReductionFactorInPlane": 2, "PartialFourier": 1, "PatientPosition": "HFS", "PercentPhaseFOV": 100, "PercentSampling": 100, "PhaseEncodingDirection": "j-", "PhaseEncodingSteps": 96, "PhaseResolution": 1, "PixelBandwidth": 2005, "ProcedureStepDescription": "Poldrack2^self-scanning", "ProtocolName": "dots_motion", "PulseSequenceDetails": "%CustomerSeq%\\cmrr_mbep2d_bold", "ReceiveCoilActiveElements": "HEA;HEP", "ReceiveCoilName": "Head_32", "ReconMatrixPE": 96, "RefLinesPE": 94, "RepetitionTime": 1.16, "SAR": 0.0962011, "ScanOptions": "FS", "ScanningSequence": "EP", "SequenceName": "epfid2d1_96", "SequenceVariant": "SK", "SeriesDescription": "dots_motion", "SeriesNumber": 10, "ShimSetting": [-2783, 8044, -15416, 78, -200, 174, 222, -47], "SliceThickness": 2, "SliceTiming": [0, 0.4975, 0.9975, 0.355, 0.855, 0.2125, 0.7125, 0.07, 0.57, 1.0675, 0.4275, 0.925, 0.285, 0.7825, 0.1425, 0.64, 0, 0.4975, 0.9975, 0.355, 0.855, 0.2125, 0.7125, 0.07, 0.57, 1.0675, 0.4275, 0.925, 0.285, 0.7825, 0.1425, 0.64, 0, 0.4975, 0.9975, 0.355, 0.855, 0.2125, 0.7125, 0.07, 0.57, 1.0675, 0.4275, 0.925, 0.285, 0.7825, 0.1425, 0.64, 0, 0.4975, 0.9975, 0.355, 0.855, 0.2125, 0.7125, 0.07, 0.57, 1.0675, 0.4275, 0.925, 0.285, 0.7825, 0.1425, 0.64], "SoftwareVersions": "syngo MR D11", "SpacingBetweenSlices": 2.4, "StationName": "AWP45239", "TaskName": "Dot motion stop-signal task", "TotalReadoutTime": 0.0294501, "TxRefAmp": 335.954, "WipMemBlock": "f1108260-e2da-4887-b8d5-d8360a532ea6||Sequence: VD11D r206; Feb 13 2013 18:52:04 by eja", "dcmmeta_affine": [[-2.395036220550537, -0.029391705989837646, 0.054449643939733505, 118.89805603027344], [-0.053465329110622406, 2.04228138923645, -1.253673791885376, -74.46197509765625], [0.030980780720710754, 1.2522938251495361, 2.045809745788574, -84.81562805175781], [0.0, 0.0, 0.0, 1.0]], "dcmmeta_reorient_transform": [[0.0, -1.0, 0.0, 95.0], [1.0, 0.0, 0.0, 0.0], [0.0, 0.0, 1.0, 0.0], [0.0, 0.0, 0.0, 1.0]], "dcmmeta_shape": [96, 96, 64, 372], "dcmmeta_slice_dim": 2, "dcmmeta_version": 0.6, "global": {"const": {"AcquisitionMatrix": [96, 0, 0, 96], "AngioFlag": "N", "BitsAllocated": 16, "BitsStored": 16, "BodyPartExamined": "BRAIN", "Columns": 768, "EchoNumbers": 1, "EchoTime": 30.0, "EchoTrainLength": 48, "FlipAngle": 63.0, "HighBit": 15, "ImageOrientationPatient": [0.99966733674451, 0.02231596426062, 0.01293110920451, -0.0122678431235, 0.85243050904971, -0.5226965919789], "ImagePositionPatient": [-910.96241298911, -823.72564064611, 444.513489231], "ImageType": ["ORIGINAL", "PRIMARY", "M", "ND", "NORM", "MOSAIC"], "ImagedNucleus": "1H", "ImagingFrequency": 123.193235, "InPlanePhaseEncodingDirection": "COL", "MRAcquisitionType": "2D", "MagneticFieldStrength": 3.0, "Manufacturer": "SIEMENS", "ManufacturerModelName": "Skyra", "Modality": "MR", "NumberOfAverages": 1.0, "NumberOfPhaseEncodingSteps": 96, "PercentPhaseFieldOfView": 100.0, "PercentSampling": 100.0, "PerformedProcedureStepStartTime": "071855.328000", "PhotometricInterpretation": "MONOCHROME2", "PixelBandwidth": 2005.0, "PixelRepresentation": 0, "PixelSpacing": [2.3958332538605, 2.3958332538605], "ProtocolName": "dots_motion", "RepetitionTime": 1160.0, "Rows": 768, "SAR": 0.09620107157177, "SamplesPerPixel": 1, "ScanOptions": "FS", "ScanningSequence": "EP", "SequenceName": "epfid2d1_96", "SequenceVariant": "SK", "SeriesDescription": "dots_motion", "SeriesNumber": 10, "SeriesTime": "075819.953000", "SliceLocation": -30.704855238863, "SliceThickness": 2.0, "SmallestImagePixelValue": 0, "SoftwareVersions": "syngo MR D11", "SpacingBetweenSlices": 2.4000000672454, "SpecificCharacterSet": "ISO_IR 100", "StudyID": "1", "StudyTime": "071855.281000", "TransmitCoilName": "Body", "VariableFlipAngleFlag": "N", "WindowCenterWidthExplanation": "Algo1", "dBdt": 0.0}, "slices": {}}, "time": {"samples": {"AcquisitionNumber": [1, 2, 3, 4, 5, 6, 7, 8, 9, 10, 11, 12, 13, 14, 15, 16, 17, 18, 19, 20, 21, 22, 23, 24, 25, 26, 27, 28, 29, 30, 31, 32, 33, 34, 35, 36, 37, 38, 39, 40, 41, 42, 43, 44, 45, 46, 47, 48, 49, 50, 51, 52, 53, 54, 55, 56, 57, 58, 59, 60, 61, 62, 63, 64, 65, 66, 67, 68, 69, 70, 71, 72, 73, 74, 75, 76, 77, 78, 79, 80, 81, 82, 83, 84, 85, 86, 87, 88, 89, 90, 91, 92, 93, 94, 95, 96, 97, 98, 99, 100, 101, 102, 103, 104, 105, 106, 107, 108, 109, 110, 111, 112, 113, 114, 115, 116, 117, 118, 119, 120, 121, 122, 123, 124, 125, 126, 127, 128, 129, 130, 131, 132, 133, 134, 135, 136, 137, 138, 139, 140, 141, 142, 143, 144, 145, 146, 147, 148, 149, 150, 151, 152, 153, 154, 155, 156, 157, 158, 159, 160, 161, 162, 163, 164, 165, 166, 167, 168, 169, 170, 171, 172, 173, 174, 175, 176, 177, 178, 179, 180, 181, 182, 183, 184, 185, 186, 187, 188, 189, 190, 191, 192, 193, 194, 195, 196, 197, 198, 199, 200, 201, 202, 203, 204, 205, 206, 207, 208, 209, 210, 211, 212, 213, 214, 215, 216, 217, 218, 219, 220, 221, 222, 223, 224, 225, 226, 227, 228, 229, 230, 231, 232, 233, 234, 235, 236, 237, 238, 239, 240, 241, 242, 243, 244, 245, 246, 247, 248, 249, 250, 251, 252, 253, 254, 255, 256, 257, 258, 259, 260, 261, 262, 263, 264, 265, 266, 267, 268, 269, 270, 271, 272, 273, 274, 275, 276, 277, 278, 279, 280, 281, 282, 283, 284, 285, 286, 287, 288, 289, 290, 291, 292, 293, 294, 295, 296, 297, 298, 299, 300, 301, 302, 303, 304, 305, 306, 307, 308, 309, 310, 311, 312, 313, 314, 315, 316, 317, 318, 319, 320, 321, 322, 323, 324, 325, 326, 327, 328, 329, 330, 331, 332, 333, 334, 335, 336, 337, 338, 339, 340, 341, 342, 343, 344, 345, 346, 347, 348, 349, 350, 351, 352, 353, 354, 355, 356, 357, 358, 359, 360, 361, 362, 363, 364, 365, 366, 367, 368, 369, 370, 371, 372], "AcquisitionTime": ["075740.885000", "075809.885000", "075811.045000", "075812.205000", "075813.365000", "075814.525000", "075815.685000", "075816.845000", "075818.005000", "075819.165000", "075820.325000", "075821.485000", "075822.645000", "075823.805000", "075824.965000", "075826.125000", "075827.285000", "075828.445000", "075829.605000", "075830.765000", "075831.925000", "075833.085000", "075834.245000", "075835.405000", "075836.565000", "075837.725000", "075838.885000", "075840.045000", "075841.205000", "075842.365000", "075843.525000", "075844.685000", "075845.845000", "075847.005000", "075848.165000", "075849.325000", "075850.485000", "075851.645000", "075852.805000", "075853.965000", "075855.125000", "075856.285000", "075857.445000", "075858.605000", "075859.765000", "075900.925000", "075902.085000", "075903.245000", "075904.405000", "075905.565000", "075906.725000", "075907.885000", "075909.045000", "075910.205000", "075911.365000", "075912.525000", "075913.685000", "075914.845000", "075916.005000", "075917.165000", "075918.325000", "075919.485000", "075920.645000", "075921.805000", "075922.965000", "075924.125000", "075925.285000", "075926.445000", "075927.605000", "075928.765000", "075929.925000", "075931.085000", "075932.245000", "075933.405000", "075934.565000", "075935.725000", "075936.885000", "075938.045000", "075939.205000", "075940.365000", "075941.525000", "075942.685000", "075943.845000", "075945.005000", "075946.165000", "075947.325000", "075948.485000", "075949.645000", "075950.805000", "075951.965000", "075953.125000", "075954.285000", "075955.445000", "075956.605000", "075957.765000", "075958.925000", "080000.085000", "080001.245000", "080002.405000", "080003.565000", "080004.725000", "080005.885000", "080007.045000", "080008.205000", "080009.365000", "080010.525000", "080011.685000", "080012.845000", "080014.005000", "080015.165000", "080016.325000", "080017.485000", "080018.645000", "080019.805000", "080020.965000", "080022.125000", "080023.285000", "080024.445000", "080025.605000", "080026.765000", "080027.925000", "080029.085000", "080030.245000", "080031.405000", "080032.565000", "080033.725000", "080034.885000", "080036.045000", "080037.205000", "080038.365000", "080039.525000", "080040.685000", "080041.845000", "080043.005000", "080044.165000", "080045.325000", "080046.485000", "080047.645000", "080048.805000", "080049.965000", "080051.125000", "080052.285000", "080053.445000", "080054.605000", "080055.765000", "080056.925000", "080058.085000", "080059.245000", "080100.405000", "080101.565000", "080102.725000", "080103.885000", "080105.045000", "080106.205000", "080107.365000", "080108.525000", "080109.685000", "080110.845000", "080112.005000", "080113.165000", "080114.325000", "080115.485000", "080116.645000", "080117.805000", "080118.965000", "080120.125000", "080121.285000", "080122.445000", "080123.605000", "080124.765000", "080125.925000", "080127.085000", "080128.245000", "080129.405000", "080130.565000", "080131.725000", "080132.885000", "080134.045000", "080135.205000", "080136.365000", "080137.525000", "080138.685000", "080139.845000", "080141.005000", "080142.165000", "080143.325000", "080144.485000", "080145.645000", "080146.805000", "080147.967500", "080149.127500", "080150.287500", "080151.447500", "080152.607500", "080153.767500", "080154.927500", "080156.087500", "080157.247500", "080158.407500", "080159.567500", "080200.727500", "080201.887500", "080203.047500", "080204.207500", "080205.367500", "080206.527500", "080207.687500", "080208.847500", "080210.007500", "080211.167500", "080212.327500", "080213.487500", "080214.647500", "080215.807500", "080216.967500", "080218.127500", "080219.287500", "080220.447500", "080221.607500", "080222.767500", "080223.927500", "080225.087500", "080226.247500", "080227.407500", "080228.567500", "080229.727500", "080230.887500", "080232.047500", "080233.207500", "080234.367500", "080235.527500", "080236.687500", "080237.847500", "080239.007500", "080240.167500", "080241.327500", "080242.487500", "080243.647500", "080244.807500", "080245.967500", "080247.127500", "080248.287500", "080249.447500", "080250.607500", "080251.767500", "080252.927500", "080254.087500", "080255.247500", "080256.407500", "080257.567500", "080258.727500", "080259.887500", "080301.047500", "080302.207500", "080303.367500", "080304.527500", "080305.687500", "080306.847500", "080308.007500", "080309.167500", "080310.327500", "080311.487500", "080312.647500", "080313.807500", "080314.967500", "080316.127500", "080317.287500", "080318.447500", "080319.607500", "080320.767500", "080321.927500", "080323.087500", "080324.247500", "080325.407500", "080326.567500", "080327.727500", "080328.887500", "080330.047500", "080331.207500", "080332.367500", "080333.527500", "080334.687500", "080335.847500", "080337.007500", "080338.167500", "080339.327500", "080340.487500", "080341.647500", "080342.807500", "080343.967500", "080345.127500", "080346.287500", "080347.447500", "080348.607500", "080349.767500", "080350.927500", "080352.087500", "080353.247500", "080354.407500", "080355.567500", "080356.727500", "080357.887500", "080359.047500", "080400.207500", "080401.367500", "080402.527500", "080403.687500", "080404.847500", "080406.007500", "080407.167500", "080408.327500", "080409.487500", "080410.647500", "080411.807500", "080412.967500", "080414.127500", "080415.287500", "080416.447500", "080417.607500", "080418.767500", "080419.927500", "080421.087500", "080422.247500", "080423.407500", "080424.567500", "080425.727500", "080426.887500", "080428.047500", "080429.207500", "080430.367500", "080431.527500", "080432.687500", "080433.847500", "080435.007500", "080436.167500", "080437.327500", "080438.487500", "080439.647500", "080440.807500", "080441.967500", "080443.127500", "080444.287500", "080445.447500", "080446.607500", "080447.767500", "080448.927500", "080450.087500", "080451.247500", "080452.407500", "080453.567500", "080454.727500", "080455.887500", "080457.047500", "080458.207500", "080459.367500", "080500.527500", "080501.687500", "080502.847500", "080504.007500", "080505.167500", "080506.327500", "080507.487500", "080508.647500", "080509.807500", "080510.967500", "080512.127500", "080513.287500", "080514.447500", "080515.607500", "080516.767500", "080517.927500", "080519.087500"], "ContentTime": ["075819.953000", "075828.312000", "075828.312000", "075828.328000", "075828.328000", "075828.328000", "075828.328000", "075833.312000", "075833.312000", "075833.328000", "075838.312000", "075838.312000", "075838.312000", "075838.328000", "075843.312000", "075843.312000", "075843.312000", "075843.328000", "075848.312000", "075848.312000", "075848.312000", "075853.312000", "075853.312000", "075853.328000", "075853.328000", "075858.312000", "075858.312000", "075858.312000", "075858.328000", "075903.312000", "075903.312000", "075903.312000", "075903.328000", "075908.312000", "075908.312000", "075908.312000", "075913.312000", "075913.312000", "075913.312000", "075913.328000", "075918.312000", "075918.312000", "075918.328000", "075923.312000", "075923.312000", "075923.312000", "075923.328000", "075923.328000", "075928.312000", "075928.312000", "075928.312000", "075933.312000", "075933.312000", "075933.312000", "075933.328000", "075938.312000", "075938.312000", "075938.312000", "075943.312000", "075943.312000", "075943.312000", "075943.328000", "075948.312000", "075948.312000", "075948.312000", "075948.328000", "075953.312000", "075953.312000", "075953.312000", "075958.312000", "075958.312000", "075958.312000", "075958.328000", "080003.312000", "080003.312000", "080003.328000", "080003.328000", "080008.312000", "080008.312000", "080008.328000", "080013.312000", "080013.312000", "080013.312000", "080013.328000", "080018.312000", "080018.328000", "080018.328000", "080018.328000", "080023.312000", "080023.312000", "080023.312000", "080023.328000", "080028.312000", "080028.312000", "080028.312000", "080028.328000", "080033.312000", "080033.312000", "080033.312000", "080038.312000", "080038.312000", "080038.328000", "080038.328000", "080043.312000", "080043.312000", "080043.312000", "080043.328000", "080048.312000", "080048.312000", "080048.312000", "080053.312000", "080053.312000", "080053.312000", "080053.328000", "080058.312000", "080058.375000", "080058.390000", "080058.390000", "080103.312000", "080103.312000", "080103.312000", "080103.328000", "080108.312000", "080108.312000", "080108.312000", "080108.328000", "080113.312000", "080113.312000", "080113.312000", "080118.312000", "080118.312000", "080118.312000", "080118.328000", "080123.312000", "080123.312000", "080123.312000", "080123.328000", "080128.312000", "080128.312000", "080128.312000", "080133.312000", "080133.312000", "080133.312000", "080133.328000", "080138.312000", "080138.312000", "080138.312000", "080138.328000", "080143.312000", "080143.312000", "080143.312000", "080148.312000", "080148.312000", "080148.312000", "080153.312000", "080153.312000", "080153.312000", "080153.328000", "080158.312000", "080158.312000", "080158.328000", "080158.328000", "080203.312000", "080203.312000", "080203.312000", "080203.328000", "080208.312000", "080208.312000", "080208.312000", "080208.328000", "080213.312000", "080213.312000", "080213.312000", "080218.312000", "080218.312000", "080218.328000", "080218.328000", "080223.312000", "080223.312000", "080223.328000", "080223.328000", "080228.312000", "080228.312000", "080228.328000", "080228.328000", "080233.312000", "080233.312000", "080233.328000", "080233.328000", "080238.312000", "080238.312000", "080238.312000", "080238.328000", "080243.312000", "080243.328000", "080243.328000", "080248.312000", "080248.312000", "080248.328000", "080248.328000", "080253.312000", "080253.312000", "080253.312000", "080253.328000", "080258.312000", "080258.312000", "080258.312000", "080303.312000", "080303.312000", "080303.312000", "080303.328000", "080308.312000", "080308.312000", "080308.328000", "080308.328000", "080313.312000", "080313.312000", "080313.312000", "080313.328000", "080318.312000", "080318.312000", "080318.312000", "080323.312000", "080323.312000", "080323.312000", "080323.328000", "080328.312000", "080328.312000", "080328.312000", "080328.328000", "080333.312000", "080333.312000", "080333.312000", "080333.328000", "080338.312000", "080338.312000", "080338.328000", "080343.312000", "080343.312000", "080343.312000", "080343.328000", "080348.312000", "080348.328000", "080348.328000", "080353.312000", "080353.312000", "080353.328000", "080353.328000", "080358.312000", "080358.375000", "080358.375000", "080358.375000", "080403.312000", "080403.312000", "080403.312000", "080408.312000", "080408.328000", "080408.328000", "080408.328000", "080413.312000", "080413.328000", "080413.328000", "080413.328000", "080418.312000", "080418.312000", "080418.312000", "080418.328000", "080423.312000", "080423.312000", "080423.328000", "080428.312000", "080428.312000", "080428.312000", "080428.328000", "080433.312000", "080433.312000", "080433.312000", "080433.328000", "080438.312000", "080438.312000", "080438.328000", "080443.312000", "080443.312000", "080443.328000", "080443.343000", "080448.312000", "080448.312000", "080448.312000", "080448.328000", "080453.312000", "080453.328000", "080453.328000", "080458.312000", "080458.312000", "080458.328000", "080458.328000", "080503.312000", "080503.312000", "080503.312000", "080503.328000", "080508.312000", "080508.312000", "080508.328000", "080508.328000", "080513.312000", "080513.312000", "080513.312000", "080513.328000", "080518.312000", "080518.312000", "080518.312000", "080523.312000", "080523.328000", "080523.328000", "080523.328000", "080528.312000", "080528.328000", "080528.328000", "080528.328000", "080533.312000", "080533.328000", "080533.328000", "080533.328000", "080538.312000", "080538.312000", "080538.312000", "080538.328000", "080543.312000", "080543.312000", "080543.312000", "080543.328000", "080548.312000", "080548.312000", "080548.312000", "080548.328000", "080553.312000", "080553.312000", "080553.312000", "080558.312000", "080558.328000", "080558.328000", "080603.312000", "080603.312000", "080603.328000", "080603.328000", "080608.312000", "080608.312000", "080608.328000", "080608.328000", "080613.312000", "080613.312000", "080613.328000", "080613.328000", "080618.312000", "080618.328000", "080618.328000", "080623.312000", "080623.312000", "080623.328000", "080623.328000", "080628.312000", "080628.312000", "080628.328000", "080628.328000", "080633.312000", "080633.312000", "080633.312000", "080633.328000", "080638.312000", "080638.312000", "080638.328000", "080639.000000"], "InstanceCreationTime": ["075819.953000", "075828.312000", "075828.312000", "075828.328000", "075828.328000", "075828.328000", "075828.328000", "075833.312000", "075833.312000", "075833.328000", "075838.312000", "075838.312000", "075838.312000", "075838.328000", "075843.312000", "075843.312000", "075843.312000", "075843.328000", "075848.312000", "075848.312000", "075848.312000", "075853.312000", "075853.312000", "075853.328000", "075853.328000", "075858.312000", "075858.312000", "075858.312000", "075858.328000", "075903.312000", "075903.312000", "075903.312000", "075903.328000", "075908.312000", "075908.312000", "075908.312000", "075913.312000", "075913.312000", "075913.312000", "075913.328000", "075918.312000", "075918.312000", "075918.328000", "075923.312000", "075923.312000", "075923.312000", "075923.328000", "075923.328000", "075928.312000", "075928.312000", "075928.312000", "075933.312000", "075933.312000", "075933.312000", "075933.328000", "075938.312000", "075938.312000", "075938.312000", "075943.312000", "075943.312000", "075943.312000", "075943.328000", "075948.312000", "075948.312000", "075948.312000", "075948.328000", "075953.312000", "075953.312000", "075953.312000", "075958.312000", "075958.312000", "075958.312000", "075958.328000", "080003.312000", "080003.312000", "080003.328000", "080003.328000", "080008.312000", "080008.312000", "080008.328000", "080013.312000", "080013.312000", "080013.312000", "080013.328000", "080018.312000", "080018.328000", "080018.328000", "080018.328000", "080023.312000", "080023.312000", "080023.312000", "080023.328000", "080028.312000", "080028.312000", "080028.312000", "080028.328000", "080033.312000", "080033.312000", "080033.312000", "080038.312000", "080038.312000", "080038.328000", "080038.328000", "080043.312000", "080043.312000", "080043.312000", "080043.328000", "080048.312000", "080048.312000", "080048.312000", "080053.312000", "080053.312000", "080053.312000", "080053.328000", "080058.312000", "080058.375000", "080058.390000", "080058.390000", "080103.312000", "080103.312000", "080103.312000", "080103.328000", "080108.312000", "080108.312000", "080108.312000", "080108.328000", "080113.312000", "080113.312000", "080113.312000", "080118.312000", "080118.312000", "080118.312000", "080118.328000", "080123.312000", "080123.312000", "080123.312000", "080123.328000", "080128.312000", "080128.312000", "080128.312000", "080133.312000", "080133.312000", "080133.312000", "080133.328000", "080138.312000", "080138.312000", "080138.312000", "080138.328000", "080143.312000", "080143.312000", "080143.312000", "080148.312000", "080148.312000", "080148.312000", "080153.312000", "080153.312000", "080153.312000", "080153.328000", "080158.312000", "080158.312000", "080158.328000", "080158.328000", "080203.312000", "080203.312000", "080203.312000", "080203.328000", "080208.312000", "080208.312000", "080208.312000", "080208.328000", "080213.312000", "080213.312000", "080213.312000", "080218.312000", "080218.312000", "080218.328000", "080218.328000", "080223.312000", "080223.312000", "080223.328000", "080223.328000", "080228.312000", "080228.312000", "080228.328000", "080228.328000", "080233.312000", "080233.312000", "080233.328000", "080233.328000", "080238.312000", "080238.312000", "080238.312000", "080238.328000", "080243.312000", "080243.328000", "080243.328000", "080248.312000", "080248.312000", "080248.328000", "080248.328000", "080253.312000", "080253.312000", "080253.312000", "080253.328000", "080258.312000", "080258.312000", "080258.312000", "080303.312000", "080303.312000", "080303.312000", "080303.328000", "080308.312000", "080308.312000", "080308.328000", "080308.328000", "080313.312000", "080313.312000", "080313.312000", "080313.328000", "080318.312000", "080318.312000", "080318.312000", "080323.312000", "080323.312000", "080323.312000", "080323.328000", "080328.312000", "080328.312000", "080328.312000", "080328.328000", "080333.312000", "080333.312000", "080333.312000", "080333.328000", "080338.312000", "080338.312000", "080338.328000", "080343.312000", "080343.312000", "080343.312000", "080343.328000", "080348.312000", "080348.328000", "080348.328000", "080353.312000", "080353.312000", "080353.328000", "080353.328000", "080358.312000", "080358.375000", "080358.375000", "080358.375000", "080403.312000", "080403.312000", "080403.312000", "080408.312000", "080408.328000", "080408.328000", "080408.328000", "080413.312000", "080413.328000", "080413.328000", "080413.328000", "080418.312000", "080418.312000", "080418.312000", "080418.328000", "080423.312000", "080423.312000", "080423.328000", "080428.312000", "080428.312000", "080428.312000", "080428.328000", "080433.312000", "080433.312000", "080433.312000", "080433.328000", "080438.312000", "080438.312000", "080438.328000", "080443.312000", "080443.312000", "080443.328000", "080443.343000", "080448.312000", "080448.312000", "080448.312000", "080448.328000", "080453.312000", "080453.328000", "080453.328000", "080458.312000", "080458.312000", "080458.328000", "080458.328000", "080503.312000", "080503.312000", "080503.312000", "080503.328000", "080508.312000", "080508.312000", "080508.328000", "080508.328000", "080513.312000", "080513.312000", "080513.312000", "080513.328000", "080518.312000", "080518.312000", "080518.312000", "080523.312000", "080523.328000", "080523.328000", "080523.328000", "080528.312000", "080528.328000", "080528.328000", "080528.328000", "080533.312000", "080533.328000", "080533.328000", "080533.328000", "080538.312000", "080538.312000", "080538.312000", "080538.328000", "080543.312000", "080543.312000", "080543.312000", "080543.328000", "080548.312000", "080548.312000", "080548.312000", "080548.328000", "080553.312000", "080553.312000", "080553.312000", "080558.312000", "080558.328000", "080558.328000", "080603.312000", "080603.312000", "080603.328000", "080603.328000", "080608.312000", "080608.312000", "080608.328000", "080608.328000", "080613.312000", "080613.312000", "080613.328000", "080613.328000", "080618.312000", "080618.328000", "080618.328000", "080623.312000", "080623.312000", "080623.328000", "080623.328000", "080628.312000", "080628.312000", "080628.328000", "080628.328000", "080633.312000", "080633.312000", "080633.312000", "080633.328000", "080638.312000", "080638.312000", "080638.328000", "080639.000000"], "InstanceNumber": [1, 2, 3, 4, 5, 6, 7, 8, 9, 10, 11, 12, 13, 14, 15, 16, 17, 18, 19, 20, 21, 22, 23, 24, 25, 26, 27, 28, 29, 30, 31, 32, 33, 34, 35, 36, 37, 38, 39, 40, 41, 42, 43, 44, 45, 46, 47, 48, 49, 50, 51, 52, 53, 54, 55, 56, 57, 58, 59, 60, 61, 62, 63, 64, 65, 66, 67, 68, 69, 70, 71, 72, 73, 74, 75, 76, 77, 78, 79, 80, 81, 82, 83, 84, 85, 86, 87, 88, 89, 90, 91, 92, 93, 94, 95, 96, 97, 98, 99, 100, 101, 102, 103, 104, 105, 106, 107, 108, 109, 110, 111, 112, 113, 114, 115, 116, 117, 118, 119, 120, 121, 122, 123, 124, 125, 126, 127, 128, 129, 130, 131, 132, 133, 134, 135, 136, 137, 138, 139, 140, 141, 142, 143, 144, 145, 146, 147, 148, 149, 150, 151, 152, 153, 154, 155, 156, 157, 158, 159, 160, 161, 162, 163, 164, 165, 166, 167, 168, 169, 170, 171, 172, 173, 174, 175, 176, 177, 178, 179, 180, 181, 182, 183, 184, 185, 186, 187, 188, 189, 190, 191, 192, 193, 194, 195, 196, 197, 198, 199, 200, 201, 202, 203, 204, 205, 206, 207, 208, 209, 210, 211, 212, 213, 214, 215, 216, 217, 218, 219, 220, 221, 222, 223, 224, 225, 226, 227, 228, 229, 230, 231, 232, 233, 234, 235, 236, 237, 238, 239, 240, 241, 242, 243, 244, 245, 246, 247, 248, 249, 250, 251, 252, 253, 254, 255, 256, 257, 258, 259, 260, 261, 262, 263, 264, 265, 266, 267, 268, 269, 270, 271, 272, 273, 274, 275, 276, 277, 278, 279, 280, 281, 282, 283, 284, 285, 286, 287, 288, 289, 290, 291, 292, 293, 294, 295, 296, 297, 298, 299, 300, 301, 302, 303, 304, 305, 306, 307, 308, 309, 310, 311, 312, 313, 314, 315, 316, 317, 318, 319, 320, 321, 322, 323, 324, 325, 326, 327, 328, 329, 330, 331, 332, 333, 334, 335, 336, 337, 338, 339, 340, 341, 342, 343, 344, 345, 346, 347, 348, 349, 350, 351, 352, 353, 354, 355, 356, 357, 358, 359, 360, 361, 362, 363, 364, 365, 366, 367, 368, 369, 370, 371, 372], "LargestImagePixelValue": [25444, 24440, 24397, 24387, 27276, 28208, 28893, 31752, 28164, 25683, 23655, 24807, 27838, 23999, 29718, 25220, 25512, 27807, 27573, 26117, 25485, 24172, 25476, 24025, 24091, 27436, 28406, 30030, 27025, 24946, 27421, 24813, 24951, 27247, 27713, 28886, 26144, 26458, 25011, 24650, 24688, 25283, 26327, 26201, 23257, 24245, 34838, 28506, 25620, 24298, 28360, 28110, 25345, 24654, 27926, 24949, 26061, 25147, 26565, 25798, 23425, 32330, 27536, 26046, 24198, 23250, 24052, 24228, 23320, 36017, 25490, 26107, 23315, 23959, 25901, 25729, 27206, 23604, 23387, 23354, 23449, 24570, 29880, 26767, 23336, 30424, 27050, 26572, 26885, 24266, 27386, 24549, 28974, 24289, 24090, 27799, 23198, 32149, 26062, 25871, 24108, 23347, 24737, 27903, 24203, 23378, 25857, 23830, 29822, 23579, 26531, 24719, 23853, 27730, 23164, 30965, 27703, 26462, 23024, 23233, 24994, 23291, 26998, 24747, 26511, 24332, 23111, 30197, 26597, 24477, 25768, 28714, 24581, 23920, 24317, 23177, 22967, 25359, 34758, 25898, 27632, 25277, 26251, 27007, 23598, 24251, 25357, 23898, 24959, 28175, 27054, 25863, 23232, 27897, 23958, 25417, 26093, 25907, 27357, 22916, 24783, 24527, 30054, 25608, 22895, 26206, 28523, 25262, 27233, 23420, 24009, 27132, 23146, 23122, 27454, 27085, 26186, 26571, 25016, 25787, 27410, 24260, 23957, 26033, 26035, 23732, 23390, 22711, 24296, 23977, 24707, 26582, 22975, 22684, 25251, 24046, 24351, 26872, 25163, 31276, 26944, 27366, 23907, 23392, 25404, 25656, 28347, 28346, 26223, 24709, 25911, 23213, 22798, 24062, 24410, 22984, 25649, 25730, 24681, 25610, 23874, 25924, 28945, 31503, 25559, 25785, 24500, 22813, 23682, 26090, 24878, 24136, 29651, 27764, 25848, 27850, 23300, 25342, 24395, 24389, 25620, 27020, 25051, 22823, 28108, 26152, 23077, 22597, 25249, 24131, 24153, 26470, 23747, 24099, 25123, 23371, 23723, 22878, 27336, 36943, 25043, 25610, 23075, 30549, 23632, 23094, 26169, 23600, 27954, 27200, 22863, 22995, 35200, 23565, 25848, 25394, 26567, 23330, 22831, 27544, 26699, 27006, 27575, 22862, 25365, 23925, 23738, 25437, 23570, 23060, 26266, 23184, 30366, 24841, 23109, 25091, 27548, 26884, 24305, 23221, 26057, 23629, 27231, 24403, 27319, 26048, 25450, 25821, 24257, 26593, 24184, 26001, 23599, 25937, 26531, 24091, 23378, 25484, 23514, 24606, 25253, 22963, 22696, 27162, 29133, 26359, 22725, 29679, 27027, 25342, 25752, 24757, 23203, 27630, 28347, 24894, 24993, 23991, 23638, 24244, 23383, 26802, 26892, 23460, 24218, 22781, 25087, 24411, 24549, 25491, 23512, 24128, 25591, 26463, 23502, 25232, 26424, 27192, 26229, 25139, 24639, 25842, 24248, 23450, 28142, 27210, 26366, 23325, 28059, 26323, 23669, 26435], "WindowCenter": [9827.0, 9806.0, 9810.0, 9815.0, 9843.0, 9837.0, 9830.0, 9846.0, 9826.0, 9824.0, 9799.0, 9815.0, 9816.0, 9822.0, 9834.0, 9803.0, 9807.0, 9812.0, 9819.0, 9804.0, 9812.0, 9795.0, 9815.0, 9810.0, 9809.0, 9819.0, 9822.0, 9835.0, 9818.0, 9795.0, 9808.0, 9796.0, 9811.0, 9835.0, 9837.0, 9826.0, 9804.0, 9796.0, 9792.0, 9807.0, 9791.0, 9792.0, 9793.0, 9800.0, 9792.0, 9802.0, 9847.0, 9814.0, 9801.0, 9805.0, 9807.0, 9810.0, 9804.0, 9802.0, 9806.0, 9800.0, 9818.0, 9787.0, 9807.0, 9801.0, 9780.0, 9825.0, 9808.0, 9790.0, 9793.0, 9797.0, 9804.0, 9820.0, 9801.0, 9833.0, 9792.0, 9806.0, 9779.0, 9793.0, 9795.0, 9789.0, 9807.0, 9789.0, 9801.0, 9804.0, 9823.0, 9801.0, 9829.0, 9825.0, 9802.0, 9837.0, 9818.0, 9808.0, 9804.0, 9802.0, 9812.0, 9804.0, 9801.0, 9794.0, 9783.0, 9812.0, 9784.0, 9815.0, 9784.0, 9812.0, 9787.0, 9786.0, 9797.0, 9829.0, 9783.0, 9789.0, 9803.0, 9790.0, 9825.0, 9787.0, 9792.0, 9787.0, 9793.0, 9818.0, 9784.0, 9819.0, 9809.0, 9789.0, 9808.0, 9784.0, 9816.0, 9807.0, 9812.0, 9796.0, 9809.0, 9797.0, 9782.0, 9812.0, 9788.0, 9794.0, 9813.0, 9811.0, 9788.0, 9778.0, 9775.0, 9781.0, 9787.0, 9791.0, 9831.0, 9794.0, 9777.0, 9794.0, 9804.0, 9803.0, 9775.0, 9774.0, 9791.0, 9782.0, 9796.0, 9801.0, 9806.0, 9808.0, 9780.0, 9806.0, 9785.0, 9791.0, 9795.0, 9800.0, 9804.0, 9793.0, 9809.0, 9799.0, 9813.0, 9797.0, 9790.0, 9799.0, 9817.0, 9812.0, 9818.0, 9785.0, 9811.0, 9822.0, 9765.0, 9782.0, 9797.0, 9810.0, 9799.0, 9802.0, 9786.0, 9790.0, 9781.0, 9784.0, 9788.0, 9786.0, 9798.0, 9780.0, 9788.0, 9774.0, 9781.0, 9784.0, 9780.0, 9797.0, 9793.0, 9801.0, 9817.0, 9784.0, 9800.0, 9814.0, 9789.0, 9831.0, 9794.0, 9807.0, 9779.0, 9801.0, 9793.0, 9810.0, 9824.0, 9814.0, 9819.0, 9798.0, 9788.0, 9804.0, 9807.0, 9825.0, 9814.0, 9821.0, 9807.0, 9811.0, 9787.0, 9815.0, 9802.0, 9807.0, 9808.0, 9823.0, 9786.0, 9787.0, 9778.0, 9772.0, 9757.0, 9778.0, 9762.0, 9784.0, 9820.0, 9791.0, 9783.0, 9799.0, 9787.0, 9789.0, 9788.0, 9780.0, 9791.0, 9800.0, 9789.0, 9777.0, 9809.0, 9801.0, 9764.0, 9766.0, 9783.0, 9790.0, 9780.0, 9800.0, 9778.0, 9782.0, 9788.0, 9780.0, 9813.0, 9790.0, 9823.0, 9852.0, 9793.0, 9793.0, 9791.0, 9823.0, 9786.0, 9780.0, 9812.0, 9780.0, 9797.0, 9795.0, 9798.0, 9800.0, 9834.0, 9773.0, 9780.0, 9783.0, 9791.0, 9779.0, 9777.0, 9799.0, 9777.0, 9792.0, 9801.0, 9763.0, 9794.0, 9787.0, 9790.0, 9810.0, 9802.0, 9787.0, 9811.0, 9791.0, 9814.0, 9798.0, 9775.0, 9800.0, 9820.0, 9820.0, 9790.0, 9798.0, 9799.0, 9797.0, 9813.0, 9795.0, 9799.0, 9781.0, 9806.0, 9815.0, 9790.0, 9795.0, 9789.0, 9786.0, 9772.0, 9787.0, 9794.0, 9775.0, 9789.0, 9796.0, 9807.0, 9808.0, 9808.0, 9785.0, 9788.0, 9801.0, 9797.0, 9778.0, 9765.0, 9786.0, 9789.0, 9781.0, 9799.0, 9773.0, 9767.0, 9798.0, 9818.0, 9791.0, 9801.0, 9773.0, 9793.0, 9787.0, 9798.0, 9806.0, 9804.0, 9793.0, 9789.0, 9791.0, 9801.0, 9780.0, 9796.0, 9807.0, 9775.0, 9809.0, 9813.0, 9819.0, 9785.0, 9806.0, 9803.0, 9815.0, 9822.0, 9804.0, 9795.0, 9814.0, 9808.0, 9801.0, 9814.0, 9797.0, 9793.0, 9761.0, 9791.0, 9804.0, 9792.0, 9800.0], "WindowWidth": [20797.0, 20750.0, 20755.0, 20768.0, 20820.0, 20806.0, 20792.0, 20820.0, 20782.0, 20781.0, 20731.0, 20759.0, 20765.0, 20776.0, 20796.0, 20739.0, 20743.0, 20754.0, 20768.0, 20736.0, 20751.0, 20719.0, 20756.0, 20748.0, 20751.0, 20769.0, 20775.0, 20798.0, 20767.0, 20722.0, 20741.0, 20725.0, 20755.0, 20800.0, 20806.0, 20780.0, 20734.0, 20722.0, 20714.0, 20740.0, 20709.0, 20707.0, 20714.0, 20728.0, 20716.0, 20740.0, 20818.0, 20754.0, 20732.0, 20737.0, 20738.0, 20745.0, 20737.0, 20731.0, 20737.0, 20728.0, 20763.0, 20705.0, 20741.0, 20729.0, 20690.0, 20773.0, 20737.0, 20707.0, 20714.0, 20726.0, 20742.0, 20771.0, 20734.0, 20789.0, 20708.0, 20740.0, 20685.0, 20714.0, 20716.0, 20707.0, 20737.0, 20709.0, 20733.0, 20741.0, 20778.0, 20738.0, 20787.0, 20779.0, 20737.0, 20805.0, 20766.0, 20745.0, 20736.0, 20728.0, 20747.0, 20734.0, 20723.0, 20715.0, 20692.0, 20745.0, 20697.0, 20752.0, 20692.0, 20748.0, 20701.0, 20703.0, 20726.0, 20781.0, 20696.0, 20707.0, 20732.0, 20709.0, 20773.0, 20697.0, 20708.0, 20705.0, 20717.0, 20760.0, 20696.0, 20757.0, 20738.0, 20707.0, 20742.0, 20705.0, 20763.0, 20745.0, 20755.0, 20722.0, 20744.0, 20718.0, 20688.0, 20741.0, 20701.0, 20711.0, 20743.0, 20744.0, 20703.0, 20682.0, 20681.0, 20688.0, 20703.0, 20708.0, 20780.0, 20710.0, 20679.0, 20712.0, 20733.0, 20729.0, 20676.0, 20673.0, 20709.0, 20689.0, 20717.0, 20727.0, 20734.0, 20739.0, 20686.0, 20731.0, 20700.0, 20708.0, 20712.0, 20724.0, 20731.0, 20712.0, 20747.0, 20724.0, 20752.0, 20719.0, 20704.0, 20726.0, 20760.0, 20752.0, 20762.0, 20699.0, 20751.0, 20767.0, 20660.0, 20688.0, 20718.0, 20744.0, 20726.0, 20729.0, 20697.0, 20703.0, 20684.0, 20687.0, 20702.0, 20694.0, 20719.0, 20688.0, 20700.0, 20680.0, 20687.0, 20691.0, 20683.0, 20722.0, 20714.0, 20738.0, 20759.0, 20697.0, 20727.0, 20751.0, 20703.0, 20781.0, 20712.0, 20734.0, 20683.0, 20725.0, 20716.0, 20745.0, 20769.0, 20750.0, 20759.0, 20722.0, 20699.0, 20736.0, 20748.0, 20785.0, 20763.0, 20774.0, 20745.0, 20750.0, 20703.0, 20756.0, 20729.0, 20734.0, 20740.0, 20762.0, 20689.0, 20694.0, 20674.0, 20668.0, 20641.0, 20675.0, 20650.0, 20689.0, 20752.0, 20701.0, 20688.0, 20719.0, 20697.0, 20695.0, 20698.0, 20683.0, 20701.0, 20721.0, 20695.0, 20677.0, 20735.0, 20717.0, 20652.0, 20658.0, 20690.0, 20708.0, 20688.0, 20720.0, 20685.0, 20690.0, 20701.0, 20688.0, 20749.0, 20712.0, 20771.0, 20820.0, 20707.0, 20711.0, 20706.0, 20766.0, 20698.0, 20685.0, 20746.0, 20680.0, 20711.0, 20712.0, 20714.0, 20725.0, 20783.0, 20668.0, 20678.0, 20683.0, 20704.0, 20678.0, 20679.0, 20718.0, 20676.0, 20704.0, 20723.0, 20650.0, 20711.0, 20703.0, 20704.0, 20743.0, 20731.0, 20700.0, 20748.0, 20707.0, 20749.0, 20720.0, 20677.0, 20725.0, 20763.0, 20762.0, 20705.0, 20720.0, 20720.0, 20725.0, 20752.0, 20714.0, 20722.0, 20691.0, 20730.0, 20750.0, 20703.0, 20711.0, 20703.0, 20692.0, 20666.0, 20697.0, 20706.0, 20674.0, 20700.0, 20714.0, 20743.0, 20742.0, 20742.0, 20699.0, 20697.0, 20723.0, 20708.0, 20677.0, 20651.0, 20687.0, 20696.0, 20680.0, 20716.0, 20667.0, 20658.0, 20713.0, 20749.0, 20700.0, 20722.0, 20668.0, 20706.0, 20695.0, 20723.0, 20733.0, 20728.0, 20709.0, 20700.0, 20708.0, 20723.0, 20686.0, 20716.0, 20736.0, 20679.0, 20743.0, 20753.0, 20761.0, 20697.0, 20735.0, 20730.0, 20755.0, 20767.0, 20734.0, 20715.0, 20751.0, 20739.0, 20729.0, 20751.0, 20716.0, 20706.0, 20643.0, 20700.0, 20728.0, 20705.0, 20724.0]}, "slices": {}}}