{"AcquisitionMatrixPE": 96, "AcquisitionNumber": 1, "AcquisitionTime": "17:05:0.445000", "BandwidthPerPixelPhaseEncode": 33.602, "BaseResolution": 96, "BodyPartExamined": "BRAIN", "ConsistencyInfo": "N4_VD11D_LATEST_20110129", "ConversionSoftware": "dcm2niix", "ConversionSoftwareVersion": "v1.0.20210317", "DerivedVendorReportedEchoSpacing": 0.000620003, "DeviceSerialNumber": "45239", "DwellTime": 2.6e-06, "EchoTime": 0.036, "EchoTrainLength": 48, "EffectiveEchoSpacing": 0.000310001, "FlipAngle": 90, "ImageOrientationPatientDICOM": [0.99912, 0.0283869, 0.030869, -0.00226694, 0.771562, -0.63615], "ImageType": ["ORIGINAL", "PRIMARY", "M", "ND", "NORM", "MOSAIC"], "ImagingFrequency": 123.194, "InPlanePhaseEncodingDirectionDICOM": "COL", "InstitutionAddress": "E 24th St. 100,Austin,Southmiddle,US,78712", "InstitutionName": "Univ of Texas at Austin", "InstitutionalDepartmentName": "IRC", "MRAcquisitionType": "2D", "MagneticFieldStrength": 3, "Manufacturer": "Siemens", "ManufacturersModelName": "Skyra", "Modality": "MR", "ParallelReductionFactorInPlane": 2, "PartialFourier": 1, "PatientPosition": "HFS", "PercentPhaseFOV": 100, "PercentSampling": 100, "PhaseEncodingDirection": "j", "PhaseEncodingSteps": 96, "PhaseResolution": 1, "PixelBandwidth": 2005, "ProcedureStepDescription": "Poldrack2^self-scanning", "ProtocolName": "MB-SE_FieldMap_P-A", "PulseSequenceDetails": "%CustomerSeq%\\cmrr_mbep2d_se", "ReceiveCoilActiveElements": "HEA;HEP;SP1", "ReceiveCoilName": "Head_32", "ReconMatrixPE": 96, "RefLinesPE": 48, "RepetitionTime": 4.55, "SAR": 0.380891, "ScanOptions": "FS", "ScanningSequence": "EP", "SequenceName": "epse2d1_96", "SequenceVariant": "SK", "SeriesDescription": "MB-SE_FieldMap_P-A", "SeriesNumber": 7, "ShimSetting": [-2710, 7749, -15469, 202, 26, -683, 559, -178], "SliceThickness": 2, "SliceTiming": [2.275, 0, 2.3425, 0.0675, 2.41, 0.135, 2.4775, 0.2025, 2.5425, 0.2675, 2.61, 0.335, 2.6775, 0.4025, 2.745, 0.47, 2.81, 0.535, 2.8775, 0.6025, 2.945, 0.67, 3.0125, 0.7375, 3.0775, 0.805, 3.145, 0.87, 3.2125, 0.9375, 3.28, 1.005, 3.345, 1.0725, 3.4125, 1.1375, 3.48, 1.205, 3.5475, 1.2725, 3.6125, 1.34, 3.68, 1.405, 3.7475, 1.4725, 3.815, 1.54, 3.88, 1.6075, 3.9475, 1.6725, 4.015, 1.74, 4.0825, 1.8075, 4.15, 1.875, 4.215, 1.94, 4.2825, 2.0075, 4.35, 2.075, 4.4175, 2.1425, 4.4825, 2.2075], "SoftwareVersions": "syngo MR D11", "SpacingBetweenSlices": 2.4, "StationName": "AWP45239", "TotalReadoutTime": 0.0294501, "TxRefAmp": 341.985, "WipMemBlock": "0196bb92-868b-46ea-bde5-1c48771ceec3||Sequence: VD11D r196; Dec  8 2012 22:11:06 by IDEA", "dcmmeta_affine": [[-2.393725633621216, -0.005431219004094601, 0.10050155967473984, 117.03961944580078], [-0.06801024824380875, 1.8485342264175415, -1.525248646736145, -49.33015060424805], [0.0739569216966629, 1.524109125137329, 1.8502745628356934, -117.29513549804688], [0.0, 0.0, 0.0, 1.0]], "dcmmeta_reorient_transform": [[0.0, -1.0, 0.0, 95.0], [1.0, 0.0, 0.0, 0.0], [0.0, 0.0, 1.0, 0.0], [0.0, 0.0, 0.0, 1.0]], "dcmmeta_shape": [96, 96, 68, 5], "dcmmeta_slice_dim": 2, "dcmmeta_version": 0.6, "global": {"const": {"AcquisitionMatrix": [96, 0, 0, 96], "AngioFlag": "N", "BitsAllocated": 16, "BitsStored": 16, "BodyPartExamined": "BRAIN", "Columns": 864, "EchoNumbers": 1, "EchoTime": 36.0, "EchoTrainLength": 48, "FlipAngle": 90.0, "HighBit": 15, "ImageOrientationPatient": [0.99912025843301, 0.02838688713886, 0.03086897839781, -0.0022669436969, 0.77156214345975, -0.6361499192376], "ImagePositionPatient": [-1033.6286746153, -862.23368771135, 584.35368099759], "ImageType": ["ORIGINAL", "PRIMARY", "M", "ND", "NORM", "MOSAIC"], "ImagedNucleus": "1H", "ImagingFrequency": 123.193533, "InPlanePhaseEncodingDirection": "COL", "MRAcquisitionType": "2D", "MagneticFieldStrength": 3.0, "Manufacturer": "SIEMENS", "ManufacturerModelName": "Skyra", "Modality": "MR", "NumberOfAverages": 1.0, "NumberOfPhaseEncodingSteps": 96, "PercentPhaseFieldOfView": 100.0, "PercentSampling": 100.0, "PerformedProcedureStepStartTime": "165419.828000", "PhotometricInterpretation": "MONOCHROME2", "PixelBandwidth": 2005.0, "PixelRepresentation": 0, "PixelSpacing": [2.3958332538605, 2.3958332538605], "ProtocolName": "MB-SE_FieldMap_P-A", "RepetitionTime": 4550.0, "Rows": 864, "SAR": 0.38089081311373, "SamplesPerPixel": 1, "ScanOptions": "FS", "ScanningSequence": "EP", "SequenceName": "epse2d1_96", "SequenceVariant": "SK", "SeriesDescription": "MB-SE_FieldMap_P-A", "SeriesNumber": 7, "SeriesTime": "170521.562000", "SliceLocation": -54.176994681707, "SliceThickness": 2.0, "SmallestImagePixelValue": 0, "SoftwareVersions": "syngo MR D11", "SpacingBetweenSlices": 2.3999999731112, "SpecificCharacterSet": "ISO_IR 100", "StudyID": "1", "StudyTime": "165419.796000", "TransmitCoilName": "Body", "VariableFlipAngleFlag": "N", "WindowCenterWidthExplanation": "Algo1", "dBdt": 0.0}, "slices": {}}, "time": {"samples": {"AcquisitionNumber": [1, 2, 3, 4, 5], "AcquisitionTime": ["170500.445000", "170504.995000", "170509.545000", "170514.095000", "170518.645000"], "ContentTime": ["170521.562000", "170521.578000", "170521.578000", "170521.578000", "170521.578000"], "InstanceCreationTime": ["170521.562000", "170521.578000", "170521.578000", "170521.578000", "170521.578000"], "InstanceNumber": [1, 2, 3, 4, 5], "LargestImagePixelValue": [44339, 44197, 44421, 44466, 44577], "WindowCenter": [6991.0, 6995.0, 6994.0, 6994.0, 6995.0], "WindowWidth": [14882.0, 14903.0, 14901.0, 14897.0, 14900.0]}, "slices": {}}}