{"AcquisitionMatrixPE": 128, "AcquisitionNumber": 1, "AcquisitionTime": "16:00:1.200000", "BandwidthPerPixelPhaseEncode": 21.701, "BaseResolution": 128, "BodyPartExamined": "BRAIN", "ConsistencyInfo": "N4_VD11D_LATEST_20110129", "ConversionSoftware": "dcm2niix", "ConversionSoftwareVersion": "v1.0.20210317", "DerivedVendorReportedEchoSpacing": 0.000720013, "DeviceSerialNumber": "45239", "DwellTime": 2e-06, "EchoTime": 0.03, "EchoTrainLength": 63, "EffectiveEchoSpacing": 0.000360006, "FlipAngle": 63, "ImageComments": "Unaliased MB4/PE3", "ImageOrientationPatientDICOM": [1, 0, 0, 0, 1, 0], "ImageType": ["ORIGINAL", "PRIMARY", "M", "ND", "NORM", "MOSAIC"], "ImagingFrequency": 123.193, "InPlanePhaseEncodingDirectionDICOM": "COL", "InstitutionAddress": "E 24th St. 100,Austin,Southmiddle,US,78712", "InstitutionName": "Univ of Texas at Austin", "InstitutionalDepartmentName": "IRC", "MRAcquisitionType": "2D", "MagneticFieldStrength": 3, "Manufacturer": "Siemens", "ManufacturersModelName": "Skyra", "Modality": "MR", "MultibandAccelerationFactor": 4, "ParallelReductionFactorInPlane": 2, "PartialFourier": 1, "PatientPosition": "HFS", "PercentPhaseFOV": 100, "PercentSampling": 100, "PhaseEncodingDirection": "j-", "PhaseEncodingSteps": 127, "PhaseResolution": 1, "PixelBandwidth": 1955, "ProcedureStepDescription": "Poldrack2^self-scanning", "ProtocolName": "retinotopy fMRI MBEPI_matrix128_BW1954", "PulseSequenceDetails": "%CustomerSeq%\\cmrr_mbep2d_bold", "ReceiveCoilActiveElements": "HEA;HEP", "ReceiveCoilName": "Head_32", "ReconMatrixPE": 128, "RefLinesPE": 124, "RepetitionTime": 1.3, "SAR": 0.0697544, "ScanOptions": "FS", "ScanningSequence": "EP", "SequenceName": "epfid2d1_128", "SequenceVariant": "SK", "SeriesDescription": "retinotopy fMRI MBEPI_matrix128_BW1954", "SeriesNumber": 3, "ShimSetting": [-2777, 8039, -15474, 168, -258, 188, 256, -82], "SliceThickness": 2, "SliceTiming": [0, 0.2725, 0.5475, 0.8225, 1.0975, 0.09, 0.365, 0.64, 0.9125, 1.1875, 0.1825, 0.4575, 0.73, 1.005, 0, 0.2725, 0.5475, 0.8225, 1.0975, 0.09, 0.365, 0.64, 0.9125, 1.1875, 0.1825, 0.4575, 0.73, 1.005, 0, 0.2725, 0.5475, 0.8225, 1.0975, 0.09, 0.365, 0.64, 0.9125, 1.1875, 0.1825, 0.4575, 0.73, 1.005, 0, 0.2725, 0.5475, 0.8225, 1.0975, 0.09, 0.365, 0.64, 0.9125, 1.1875, 0.1825, 0.4575, 0.73, 1.005], "SoftwareVersions": "syngo MR D11", "SpacingBetweenSlices": 2, "StationName": "AWP45239", "TaskName": "Retinotopic mapping", "TotalReadoutTime": 0.0457208, "TxRefAmp": 330.962, "WipMemBlock": "ab8436bb-b854-42b3-a98a-ccf2f786dfec||Sequence: VD11D r206; Feb 13 2013 18:52:04 by eja", "dcmmeta_affine": [[-2.0, 0.0, 0.0, 128.0], [0.0, 2.0, 0.0, -144.15980529785156], [0.0, 0.0, 2.0, -16.259078979492188], [0.0, 0.0, 0.0, 1.0]], "dcmmeta_reorient_transform": [[0.0, -1.0, 0.0, 127.0], [1.0, 0.0, 0.0, 0.0], [0.0, 0.0, 1.0, 0.0], [0.0, 0.0, 0.0, 1.0]], "dcmmeta_shape": [128, 128, 56, 200], "dcmmeta_slice_dim": 2, "dcmmeta_version": 0.6, "global": {"const": {"AcquisitionMatrix": [128, 0, 0, 128], "AngioFlag": "N", "BitsAllocated": 16, "BitsStored": 16, "BodyPartExamined": "BRAIN", "Columns": 1024, "EchoNumbers": 1, "EchoTime": 30.0, "EchoTrainLength": 63, "FlipAngle": 63.0, "HighBit": 15, "ImageOrientationPatient": [1.0, 0.0, 0.0, 0.0, 1.0, 0.0], "ImagePositionPatient": [-1024.0, -1005.8401927948, -16.259078979492], "ImageType": ["ORIGINAL", "PRIMARY", "M", "ND", "NORM", "MOSAIC"], "ImagedNucleus": "1H", "ImagingFrequency": 123.193292, "InPlanePhaseEncodingDirection": "COL", "MRAcquisitionType": "2D", "MagneticFieldStrength": 3.0, "Manufacturer": "SIEMENS", "ManufacturerModelName": "Skyra", "Modality": "MR", "NumberOfAverages": 1.0, "NumberOfPhaseEncodingSteps": 127, "PercentPhaseFieldOfView": 100.0, "PercentSampling": 100.0, "PerformedProcedureStepStartTime": "153911.546000", "PhotometricInterpretation": "MONOCHROME2", "PixelBandwidth": 1955.0, "PixelRepresentation": 0, "PixelSpacing": [2.0, 2.0], "ProtocolName": "retinotopy fMRI MBEPI_matrix128_BW1954", "RepetitionTime": 1300.0, "Rows": 1024, "SAR": 0.06975442867273, "SamplesPerPixel": 1, "ScanOptions": "FS", "ScanningSequence": "EP", "SequenceName": "epfid2d1_128", "SequenceVariant": "SK", "SeriesDescription": "retinotopy fMRI MBEPI_matrix128_BW1954", "SeriesNumber": 3, "SeriesTime": "160049.812000", "SliceLocation": -16.259078979492, "SliceThickness": 2.0, "SmallestImagePixelValue": 0, "SoftwareVersions": "syngo MR D11", "SpacingBetweenSlices": 2.0, "SpecificCharacterSet": "ISO_IR 100", "StudyID": "1", "StudyTime": "153911.500000", "TransmitCoilName": "Body", "VariableFlipAngleFlag": "N", "WindowCenterWidthExplanation": "Algo1", "dBdt": 0.0}, "slices": {}}, "time": {"samples": {"AcquisitionNumber": [1, 2, 3, 4, 5, 6, 7, 8, 9, 10, 11, 12, 13, 14, 15, 16, 17, 18, 19, 20, 21, 22, 23, 24, 25, 26, 27, 28, 29, 30, 31, 32, 33, 34, 35, 36, 37, 38, 39, 40, 41, 42, 43, 44, 45, 46, 47, 48, 49, 50, 51, 52, 53, 54, 55, 56, 57, 58, 59, 60, 61, 62, 63, 64, 65, 66, 67, 68, 69, 70, 71, 72, 73, 74, 75, 76, 77, 78, 79, 80, 81, 82, 83, 84, 85, 86, 87, 88, 89, 90, 91, 92, 93, 94, 95, 96, 97, 98, 99, 100, 101, 102, 103, 104, 105, 106, 107, 108, 109, 110, 111, 112, 113, 114, 115, 116, 117, 118, 119, 120, 121, 122, 123, 124, 125, 126, 127, 128, 129, 130, 131, 132, 133, 134, 135, 136, 137, 138, 139, 140, 141, 142, 143, 144, 145, 146, 147, 148, 149, 150, 151, 152, 153, 154, 155, 156, 157, 158, 159, 160, 161, 162, 163, 164, 165, 166, 167, 168, 169, 170, 171, 172, 173, 174, 175, 176, 177, 178, 179, 180, 181, 182, 183, 184, 185, 186, 187, 188, 189, 190, 191, 192, 193, 194, 195, 196, 197, 198, 199, 200], "AcquisitionTime": ["160001.200000", "160033.700000", "160035.000000", "160036.300000", "160037.600000", "160038.900000", "160040.200000", "160041.500000", "160042.800000", "160044.100000", "160045.400000", "160046.700000", "160048.000000", "160049.300000", "160050.600000", "160051.900000", "160053.200000", "160054.500000", "160055.800000", "160057.100000", "160058.400000", "160059.700000", "160101.000000", "160102.300000", "160103.600000", "160104.900000", "160106.200000", "160107.500000", "160108.800000", "160110.100000", "160111.400000", "160112.700000", "160114.000000", "160115.300000", "160116.600000", "160117.900000", "160119.200000", "160120.500000", "160121.800000", "160123.100000", "160124.400000", "160125.700000", "160127.000000", "160128.300000", "160129.600000", "160130.900000", "160132.200000", "160133.500000", "160134.800000", "160136.100000", "160137.400000", "160138.700000", "160140.000000", "160141.300000", "160142.600000", "160143.900000", "160145.200000", "160146.500000", "160147.800000", "160149.100000", "160150.400000", "160151.700000", "160153.000000", "160154.300000", "160155.600000", "160156.900000", "160158.200000", "160159.500000", "160200.800000", "160202.100000", "160203.400000", "160204.700000", "160206.000000", "160207.300000", "160208.600000", "160209.900000", "160211.200000", "160212.500000", "160213.800000", "160215.100000", "160216.400000", "160217.700000", "160219.000000", "160220.300000", "160221.600000", "160222.900000", "160224.200000", "160225.500000", "160226.800000", "160228.100000", "160229.400000", "160230.700000", "160232.000000", "160233.300000", "160234.600000", "160235.900000", "160237.200000", "160238.500000", "160239.800000", "160241.100000", "160242.400000", "160243.700000", "160245.000000", "160246.300000", "160247.600000", "160248.900000", "160250.200000", "160251.500000", "160252.800000", "160254.100000", "160255.400000", "160256.700000", "160258.000000", "160259.300000", "160300.600000", "160301.900000", "160303.200000", "160304.500000", "160305.800000", "160307.100000", "160308.400000", "160309.700000", "160311.000000", "160312.300000", "160313.600000", "160314.900000", "160316.200000", "160317.500000", "160318.800000", "160320.100000", "160321.400000", "160322.700000", "160324.000000", "160325.300000", "160326.600000", "160327.900000", "160329.200000", "160330.500000", "160331.800000", "160333.100000", "160334.400000", "160335.700000", "160337.000000", "160338.300000", "160339.600000", "160340.900000", "160342.200000", "160343.500000", "160344.800000", "160346.100000", "160347.400000", "160348.700000", "160350.000000", "160351.300000", "160352.600000", "160353.900000", "160355.200000", "160356.500000", "160357.800000", "160359.100000", "160400.400000", "160401.700000", "160403.000000", "160404.300000", "160405.600000", "160406.900000", "160408.200000", "160409.500000", "160410.800000", "160412.100000", "160413.400000", "160414.700000", "160416.000000", "160417.300000", "160418.600000", "160419.900000", "160421.200000", "160422.500000", "160423.800000", "160425.102500", "160426.402500", "160427.702500", "160429.002500", "160430.302500", "160431.602500", "160432.902500", "160434.202500", "160435.502500", "160436.802500", "160438.102500", "160439.402500", "160440.702500", "160442.002500", "160443.302500", "160444.602500", "160445.902500", "160447.202500", "160448.502500", "160449.802500", "160451.102500"], "ContentTime": ["160049.828000", "160055.515000", "160055.515000", "160055.515000", "160100.515000", "160100.515000", "160100.515000", "160105.515000", "160105.515000", "160105.515000", "160110.515000", "160110.531000", "160110.531000", "160115.515000", "160115.515000", "160115.515000", "160120.515000", "160120.515000", "160120.515000", "160125.515000", "160125.515000", "160125.515000", "160130.515000", "160130.515000", "160130.531000", "160135.515000", "160135.515000", "160135.515000", "160140.515000", "160140.515000", "160140.531000", "160145.515000", "160145.515000", "160145.531000", "160150.515000", "160150.515000", "160150.531000", "160155.515000", "160155.515000", "160155.515000", "160200.515000", "160200.515000", "160200.515000", "160205.515000", "160205.515000", "160205.531000", "160210.515000", "160210.546000", "160210.546000", "160215.515000", "160215.515000", "160220.515000", "160220.515000", "160220.515000", "160225.515000", "160225.515000", "160225.515000", "160230.515000", "160230.515000", "160230.531000", "160235.515000", "160235.515000", "160235.515000", "160240.515000", "160240.515000", "160240.515000", "160245.515000", "160245.515000", "160245.515000", "160250.515000", "160250.515000", "160250.515000", "160255.515000", "160255.515000", "160255.515000", "160300.515000", "160300.515000", "160300.515000", "160305.515000", "160305.531000", "160305.546000", "160310.515000", "160310.515000", "160310.515000", "160315.515000", "160315.515000", "160315.546000", "160320.515000", "160320.515000", "160320.515000", "160325.515000", "160325.546000", "160325.546000", "160330.515000", "160330.515000", "160335.515000", "160335.515000", "160335.515000", "160340.515000", "160340.515000", "160340.515000", "160345.515000", "160345.515000", "160345.531000", "160350.515000", "160350.515000", "160350.515000", "160355.515000", "160355.515000", "160355.515000", "160400.515000", "160400.515000", "160400.515000", "160405.515000", "160405.515000", "160405.515000", "160410.515000", "160410.515000", "160410.515000", "160415.515000", "160415.515000", "160415.531000", "160420.515000", "160420.515000", "160420.515000", "160425.515000", "160425.515000", "160425.515000", "160430.515000", "160430.515000", "160430.515000", "160435.515000", "160435.515000", "160435.531000", "160440.515000", "160440.515000", "160445.515000", "160445.515000", "160445.515000", "160450.515000", "160450.531000", "160450.531000", "160455.515000", "160455.515000", "160455.515000", "160500.515000", "160500.515000", "160500.515000", "160505.515000", "160505.515000", "160505.515000", "160510.515000", "160510.515000", "160510.531000", "160515.515000", "160515.515000", "160515.515000", "160520.515000", "160520.515000", "160520.515000", "160520.531000", "160525.515000", "160525.531000", "160525.531000", "160530.515000", "160530.515000", "160530.515000", "160535.515000", "160535.515000", "160535.531000", "160540.515000", "160540.515000", "160540.515000", "160545.515000", "160545.515000", "160545.515000", "160550.515000", "160550.515000", "160550.515000", "160555.515000", "160555.515000", "160555.515000", "160555.515000", "160600.515000", "160600.515000", "160600.515000", "160605.515000", "160605.515000", "160605.515000", "160610.515000", "160610.515000", "160610.515000", "160615.515000", "160615.515000", "160615.515000", "160620.515000", "160620.515000", "160620.515000", "160621.937000", "160621.937000"], "InstanceCreationTime": ["160049.828000", "160055.515000", "160055.515000", "160055.515000", "160100.515000", "160100.515000", "160100.515000", "160105.515000", "160105.515000", "160105.515000", "160110.515000", "160110.531000", "160110.531000", "160115.515000", "160115.515000", "160115.515000", "160120.515000", "160120.515000", "160120.515000", "160125.515000", "160125.515000", "160125.515000", "160130.515000", "160130.515000", "160130.531000", "160135.515000", "160135.515000", "160135.515000", "160140.515000", "160140.515000", "160140.531000", "160145.515000", "160145.515000", "160145.531000", "160150.515000", "160150.515000", "160150.531000", "160155.515000", "160155.515000", "160155.515000", "160200.515000", "160200.515000", "160200.515000", "160205.515000", "160205.515000", "160205.531000", "160210.515000", "160210.546000", "160210.546000", "160215.515000", "160215.515000", "160220.515000", "160220.515000", "160220.515000", "160225.515000", "160225.515000", "160225.515000", "160230.515000", "160230.515000", "160230.531000", "160235.515000", "160235.515000", "160235.515000", "160240.515000", "160240.515000", "160240.515000", "160245.515000", "160245.515000", "160245.515000", "160250.515000", "160250.515000", "160250.515000", "160255.515000", "160255.515000", "160255.515000", "160300.515000", "160300.515000", "160300.515000", "160305.515000", "160305.531000", "160305.546000", "160310.515000", "160310.515000", "160310.515000", "160315.515000", "160315.515000", "160315.546000", "160320.515000", "160320.515000", "160320.515000", "160325.515000", "160325.546000", "160325.546000", "160330.515000", "160330.515000", "160335.515000", "160335.515000", "160335.515000", "160340.515000", "160340.515000", "160340.515000", "160345.515000", "160345.515000", "160345.531000", "160350.515000", "160350.515000", "160350.515000", "160355.515000", "160355.515000", "160355.515000", "160400.515000", "160400.515000", "160400.515000", "160405.515000", "160405.515000", "160405.515000", "160410.515000", "160410.515000", "160410.515000", "160415.515000", "160415.515000", "160415.531000", "160420.515000", "160420.515000", "160420.515000", "160425.515000", "160425.515000", "160425.515000", "160430.515000", "160430.515000", "160430.515000", "160435.515000", "160435.515000", "160435.531000", "160440.515000", "160440.515000", "160445.515000", "160445.515000", "160445.515000", "160450.515000", "160450.531000", "160450.531000", "160455.515000", "160455.515000", "160455.515000", "160500.515000", "160500.515000", "160500.515000", "160505.515000", "160505.515000", "160505.515000", "160510.515000", "160510.515000", "160510.531000", "160515.515000", "160515.515000", "160515.515000", "160520.515000", "160520.515000", "160520.515000", "160520.531000", "160525.515000", "160525.531000", "160525.531000", "160530.515000", "160530.515000", "160530.515000", "160535.515000", "160535.515000", "160535.531000", "160540.515000", "160540.515000", "160540.515000", "160545.515000", "160545.515000", "160545.515000", "160550.515000", "160550.515000", "160550.515000", "160555.515000", "160555.515000", "160555.515000", "160555.515000", "160600.515000", "160600.515000", "160600.515000", "160605.515000", "160605.515000", "160605.515000", "160610.515000", "160610.515000", "160610.515000", "160615.515000", "160615.515000", "160615.515000", "160620.515000", "160620.515000", "160620.515000", "160621.937000", "160621.937000"], "InstanceNumber": [1, 2, 3, 4, 5, 6, 7, 8, 9, 10, 11, 12, 13, 14, 15, 16, 17, 18, 19, 20, 21, 22, 23, 24, 25, 26, 27, 28, 29, 30, 31, 32, 33, 34, 35, 36, 37, 38, 39, 40, 41, 42, 43, 44, 45, 46, 47, 48, 49, 50, 51, 52, 53, 54, 55, 56, 57, 58, 59, 60, 61, 62, 63, 64, 65, 66, 67, 68, 69, 70, 71, 72, 73, 74, 75, 76, 77, 78, 79, 80, 81, 82, 83, 84, 85, 86, 87, 88, 89, 90, 91, 92, 93, 94, 95, 96, 97, 98, 99, 100, 101, 102, 103, 104, 105, 106, 107, 108, 109, 110, 111, 112, 113, 114, 115, 116, 117, 118, 119, 120, 121, 122, 123, 124, 125, 126, 127, 128, 129, 130, 131, 132, 133, 134, 135, 136, 137, 138, 139, 140, 141, 142, 143, 144, 145, 146, 147, 148, 149, 150, 151, 152, 153, 154, 155, 156, 157, 158, 159, 160, 161, 162, 163, 164, 165, 166, 167, 168, 169, 170, 171, 172, 173, 174, 175, 176, 177, 178, 179, 180, 181, 182, 183, 184, 185, 186, 187, 188, 189, 190, 191, 192, 193, 194, 195, 196, 197, 198, 199, 200], "LargestImagePixelValue": [23478, 28773, 22460, 27836, 28891, 22205, 23770, 22885, 25305, 22673, 26603, 29241, 22799, 30134, 28880, 22975, 22806, 26299, 23682, 28643, 22807, 31825, 23343, 22364, 22680, 22762, 22854, 28288, 22482, 22367, 22826, 23003, 24226, 22381, 23420, 22440, 23050, 22590, 22517, 22421, 22891, 22293, 22530, 22421, 22324, 22359, 22606, 29537, 27381, 22337, 22025, 22039, 22067, 22101, 22083, 27621, 22003, 22220, 22224, 22508, 22117, 21995, 25715, 21983, 24305, 24158, 22106, 21966, 22197, 22139, 27692, 22319, 25720, 27969, 25811, 22006, 22280, 22033, 22129, 22226, 22089, 22086, 21969, 22186, 22020, 22026, 22540, 31672, 25239, 22650, 25045, 23204, 24598, 22206, 22255, 22110, 22169, 22077, 23441, 25880, 23554, 23311, 22087, 22026, 23474, 23287, 22340, 24918, 22558, 21964, 22130, 26145, 24772, 22127, 22062, 21989, 24231, 22162, 21699, 22000, 21879, 21863, 26515, 24513, 22604, 22150, 21946, 27620, 27402, 26272, 24653, 21783, 21794, 21739, 23686, 23808, 22579, 21994, 28839, 29758, 22502, 24057, 22003, 21983, 21702, 28279, 23236, 21660, 21928, 23838, 23715, 24150, 27349, 28995, 22450, 23554, 22692, 21960, 21981, 21799, 21855, 21897, 23602, 22128, 23779, 21990, 21832, 23039, 24837, 26253, 22099, 25562, 26027, 22521, 21586, 21401, 21495, 21527, 21639, 21508, 21972, 22856, 21715, 24733, 21843, 24599, 21706, 21818, 23648, 23942, 21828, 23673, 22687, 22942, 22880, 21549, 23067, 24520, 22664, 24766], "WindowCenter": [9774.0, 9839.0, 9824.0, 9820.0, 9815.0, 9786.0, 9809.0, 9820.0, 9826.0, 9804.0, 9805.0, 9795.0, 9785.0, 9776.0, 9801.0, 9789.0, 9777.0, 9793.0, 9791.0, 9813.0, 9798.0, 9804.0, 9770.0, 9777.0, 9767.0, 9779.0, 9784.0, 9787.0, 9767.0, 9764.0, 9778.0, 9771.0, 9775.0, 9772.0, 9766.0, 9765.0, 9774.0, 9773.0, 9780.0, 9781.0, 9768.0, 9780.0, 9765.0, 9785.0, 9794.0, 9815.0, 9790.0, 9791.0, 9811.0, 9759.0, 9750.0, 9775.0, 9781.0, 9782.0, 9786.0, 9810.0, 9785.0, 9781.0, 9763.0, 9787.0, 9777.0, 9783.0, 9808.0, 9790.0, 9790.0, 9783.0, 9782.0, 9784.0, 9780.0, 9739.0, 9841.0, 9795.0, 9807.0, 9805.0, 9780.0, 9741.0, 9754.0, 9777.0, 9760.0, 9769.0, 9767.0, 9753.0, 9744.0, 9765.0, 9774.0, 9778.0, 9778.0, 9793.0, 9774.0, 9757.0, 9775.0, 9748.0, 9756.0, 9757.0, 9769.0, 9760.0, 9768.0, 9775.0, 9769.0, 9774.0, 9765.0, 9765.0, 9771.0, 9764.0, 9777.0, 9758.0, 9774.0, 9768.0, 9754.0, 9771.0, 9769.0, 9786.0, 9791.0, 9766.0, 9766.0, 9769.0, 9773.0, 9759.0, 9756.0, 9768.0, 9774.0, 9757.0, 9795.0, 9779.0, 9759.0, 9762.0, 9760.0, 9772.0, 9757.0, 9759.0, 9755.0, 9741.0, 9747.0, 9746.0, 9726.0, 9782.0, 9801.0, 9781.0, 9807.0, 9774.0, 9760.0, 9751.0, 9761.0, 9756.0, 9738.0, 9760.0, 9758.0, 9733.0, 9750.0, 9744.0, 9753.0, 9755.0, 9752.0, 9733.0, 9735.0, 9734.0, 9741.0, 9760.0, 9744.0, 9744.0, 9733.0, 9748.0, 9762.0, 9750.0, 9752.0, 9756.0, 9761.0, 9789.0, 9785.0, 9797.0, 9759.0, 9777.0, 9779.0, 9736.0, 9761.0, 9752.0, 9749.0, 9761.0, 9767.0, 9767.0, 9765.0, 9759.0, 9783.0, 9773.0, 9760.0, 9764.0, 9775.0, 9759.0, 9772.0, 9766.0, 9761.0, 9759.0, 9752.0, 9762.0, 9757.0, 9760.0, 9771.0, 9756.0, 9769.0, 9771.0], "WindowWidth": [20647.0, 20781.0, 20757.0, 20740.0, 20723.0, 20672.0, 20718.0, 20749.0, 20758.0, 20713.0, 20710.0, 20688.0, 20668.0, 20646.0, 20691.0, 20669.0, 20652.0, 20679.0, 20680.0, 20724.0, 20697.0, 20697.0, 20632.0, 20646.0, 20632.0, 20658.0, 20665.0, 20669.0, 20631.0, 20626.0, 20652.0, 20644.0, 20646.0, 20640.0, 20628.0, 20625.0, 20640.0, 20640.0, 20653.0, 20657.0, 20632.0, 20655.0, 20629.0, 20668.0, 20690.0, 20729.0, 20685.0, 20681.0, 20713.0, 20616.0, 20596.0, 20646.0, 20662.0, 20667.0, 20670.0, 20714.0, 20667.0, 20660.0, 20627.0, 20668.0, 20652.0, 20665.0, 20715.0, 20680.0, 20677.0, 20663.0, 20662.0, 20670.0, 20659.0, 20567.0, 20783.0, 20692.0, 20712.0, 20703.0, 20652.0, 20582.0, 20602.0, 20646.0, 20615.0, 20628.0, 20625.0, 20600.0, 20588.0, 20627.0, 20647.0, 20657.0, 20653.0, 20679.0, 20644.0, 20613.0, 20644.0, 20591.0, 20602.0, 20606.0, 20629.0, 20616.0, 20634.0, 20649.0, 20635.0, 20639.0, 20621.0, 20623.0, 20637.0, 20625.0, 20647.0, 20613.0, 20643.0, 20632.0, 20603.0, 20640.0, 20636.0, 20666.0, 20674.0, 20631.0, 20635.0, 20636.0, 20643.0, 20615.0, 20608.0, 20630.0, 20648.0, 20617.0, 20685.0, 20654.0, 20614.0, 20617.0, 20617.0, 20639.0, 20608.0, 20605.0, 20595.0, 20574.0, 20590.0, 20583.0, 20541.0, 20667.0, 20699.0, 20666.0, 20701.0, 20639.0, 20609.0, 20589.0, 20610.0, 20605.0, 20572.0, 20612.0, 20607.0, 20561.0, 20589.0, 20581.0, 20595.0, 20597.0, 20587.0, 20552.0, 20559.0, 20555.0, 20571.0, 20609.0, 20580.0, 20582.0, 20560.0, 20586.0, 20615.0, 20590.0, 20598.0, 20608.0, 20621.0, 20674.0, 20664.0, 20688.0, 20617.0, 20646.0, 20648.0, 20569.0, 20614.0, 20600.0, 20592.0, 20619.0, 20629.0, 20630.0, 20626.0, 20620.0, 20660.0, 20638.0, 20614.0, 20622.0, 20644.0, 20615.0, 20637.0, 20623.0, 20617.0, 20609.0, 20596.0, 20615.0, 20607.0, 20615.0, 20635.0, 20609.0, 20634.0, 20635.0]}, "slices": {}}}