{"AcquisitionMatrixPE": 128, "AcquisitionNumber": 1, "AcquisitionTime": "16:12:22.927500", "BandwidthPerPixelPhaseEncode": 21.701, "BaseResolution": 128, "BodyPartExamined": "BRAIN", "ConsistencyInfo": "N4_VD11D_LATEST_20110129", "ConversionSoftware": "dcm2niix", "ConversionSoftwareVersion": "v1.0.20210317", "DerivedVendorReportedEchoSpacing": 0.000720013, "DeviceSerialNumber": "45239", "DwellTime": 2e-06, "EchoTime": 0.03, "EchoTrainLength": 63, "EffectiveEchoSpacing": 0.000360006, "FlipAngle": 63, "ImageComments": "Unaliased MB4/PE3", "ImageOrientationPatientDICOM": [1, 0, 0, 0, 1, 0], "ImageType": ["ORIGINAL", "PRIMARY", "M", "ND", "NORM", "MOSAIC"], "ImagingFrequency": 123.193, "InPlanePhaseEncodingDirectionDICOM": "COL", "InstitutionAddress": "E 24th St. 100,Austin,Southmiddle,US,78712", "InstitutionName": "Univ of Texas at Austin", "InstitutionalDepartmentName": "IRC", "MRAcquisitionType": "2D", "MagneticFieldStrength": 3, "Manufacturer": "Siemens", "ManufacturersModelName": "Skyra", "Modality": "MR", "MultibandAccelerationFactor": 4, "ParallelReductionFactorInPlane": 2, "PartialFourier": 1, "PatientPosition": "HFS", "PercentPhaseFOV": 100, "PercentSampling": 100, "PhaseEncodingDirection": "j-", "PhaseEncodingSteps": 127, "PhaseResolution": 1, "PixelBandwidth": 1955, "ProcedureStepDescription": "Poldrack2^self-scanning", "ProtocolName": "retinotopy fMRI MBEPI_matrix128_BW1954", "PulseSequenceDetails": "%CustomerSeq%\\cmrr_mbep2d_bold", "ReceiveCoilActiveElements": "HEA;HEP", "ReceiveCoilName": "Head_32", "ReconMatrixPE": 128, "RefLinesPE": 124, "RepetitionTime": 1.3, "SAR": 0.0697544, "ScanOptions": "FS", "ScanningSequence": "EP", "SequenceName": "epfid2d1_128", "SequenceVariant": "SK", "SeriesDescription": "retinotopy fMRI MBEPI_matrix128_BW1954", "SeriesNumber": 7, "ShimSetting": [-2777, 8039, -15474, 168, -258, 188, 256, -82], "SliceThickness": 2, "SliceTiming": [0, 0.2725, 0.5475, 0.8225, 1.095, 0.09, 0.365, 0.64, 0.9125, 1.1875, 0.1825, 0.455, 0.73, 1.005, 0, 0.2725, 0.5475, 0.8225, 1.095, 0.09, 0.365, 0.64, 0.9125, 1.1875, 0.1825, 0.455, 0.73, 1.005, 0, 0.2725, 0.5475, 0.8225, 1.095, 0.09, 0.365, 0.64, 0.9125, 1.1875, 0.1825, 0.455, 0.73, 1.005, 0, 0.2725, 0.5475, 0.8225, 1.095, 0.09, 0.365, 0.64, 0.9125, 1.1875, 0.1825, 0.455, 0.73, 1.005], "SoftwareVersions": "syngo MR D11", "SpacingBetweenSlices": 2, "StationName": "AWP45239", "TaskName": "Retinotopic mapping", "TotalReadoutTime": 0.0457208, "TxRefAmp": 330.962, "WipMemBlock": "508bdda3-a4f3-4bc5-989e-25432d1c3437||Sequence: VD11D r206; Feb 13 2013 18:52:04 by eja", "dcmmeta_affine": [[-2.0, 0.0, 0.0, 128.0], [0.0, 2.0, 0.0, -144.15980529785156], [0.0, 0.0, 2.0, -16.259078979492188], [0.0, 0.0, 0.0, 1.0]], "dcmmeta_reorient_transform": [[0.0, -1.0, 0.0, 127.0], [1.0, 0.0, 0.0, 0.0], [0.0, 0.0, 1.0, 0.0], [0.0, 0.0, 0.0, 1.0]], "dcmmeta_shape": [128, 128, 56, 200], "dcmmeta_slice_dim": 2, "dcmmeta_version": 0.6, "global": {"const": {"AcquisitionMatrix": [128, 0, 0, 128], "AngioFlag": "N", "BitsAllocated": 16, "BitsStored": 16, "BodyPartExamined": "BRAIN", "Columns": 1024, "EchoNumbers": 1, "EchoTime": 30.0, "EchoTrainLength": 63, "FlipAngle": 63.0, "HighBit": 15, "ImageOrientationPatient": [1.0, 0.0, 0.0, 0.0, 1.0, 0.0], "ImagePositionPatient": [-1024.0, -1005.8401927948, -16.259078979492], "ImageType": ["ORIGINAL", "PRIMARY", "M", "ND", "NORM", "MOSAIC"], "ImagedNucleus": "1H", "ImagingFrequency": 123.193333, "InPlanePhaseEncodingDirection": "COL", "MRAcquisitionType": "2D", "MagneticFieldStrength": 3.0, "Manufacturer": "SIEMENS", "ManufacturerModelName": "Skyra", "Modality": "MR", "NumberOfAverages": 1.0, "NumberOfPhaseEncodingSteps": 127, "PercentPhaseFieldOfView": 100.0, "PercentSampling": 100.0, "PerformedProcedureStepStartTime": "153911.546000", "PhotometricInterpretation": "MONOCHROME2", "PixelBandwidth": 1955.0, "PixelRepresentation": 0, "PixelSpacing": [2.0, 2.0], "ProtocolName": "retinotopy fMRI MBEPI_matrix128_BW1954", "RepetitionTime": 1300.0, "Rows": 1024, "SAR": 0.06975442867273, "SamplesPerPixel": 1, "ScanOptions": "FS", "ScanningSequence": "EP", "SequenceName": "epfid2d1_128", "SequenceVariant": "SK", "SeriesDescription": "retinotopy fMRI MBEPI_matrix128_BW1954", "SeriesNumber": 7, "SeriesTime": "161332.796000", "SliceLocation": -16.259078979492, "SliceThickness": 2.0, "SmallestImagePixelValue": 0, "SoftwareVersions": "syngo MR D11", "SpacingBetweenSlices": 2.0, "SpecificCharacterSet": "ISO_IR 100", "StudyID": "1", "StudyTime": "153911.500000", "TransmitCoilName": "Body", "VariableFlipAngleFlag": "N", "WindowCenterWidthExplanation": "Algo1", "dBdt": 0.0}, "slices": {}}, "time": {"samples": {"AcquisitionNumber": [1, 2, 3, 4, 5, 6, 7, 8, 9, 10, 11, 12, 13, 14, 15, 16, 17, 18, 19, 20, 21, 22, 23, 24, 25, 26, 27, 28, 29, 30, 31, 32, 33, 34, 35, 36, 37, 38, 39, 40, 41, 42, 43, 44, 45, 46, 47, 48, 49, 50, 51, 52, 53, 54, 55, 56, 57, 58, 59, 60, 61, 62, 63, 64, 65, 66, 67, 68, 69, 70, 71, 72, 73, 74, 75, 76, 77, 78, 79, 80, 81, 82, 83, 84, 85, 86, 87, 88, 89, 90, 91, 92, 93, 94, 95, 96, 97, 98, 99, 100, 101, 102, 103, 104, 105, 106, 107, 108, 109, 110, 111, 112, 113, 114, 115, 116, 117, 118, 119, 120, 121, 122, 123, 124, 125, 126, 127, 128, 129, 130, 131, 132, 133, 134, 135, 136, 137, 138, 139, 140, 141, 142, 143, 144, 145, 146, 147, 148, 149, 150, 151, 152, 153, 154, 155, 156, 157, 158, 159, 160, 161, 162, 163, 164, 165, 166, 167, 168, 169, 170, 171, 172, 173, 174, 175, 176, 177, 178, 179, 180, 181, 182, 183, 184, 185, 186, 187, 188, 189, 190, 191, 192, 193, 194, 195, 196, 197, 198, 199, 200], "AcquisitionTime": ["161222.927500", "161255.427500", "161256.727500", "161258.027500", "161259.327500", "161300.627500", "161301.927500", "161303.227500", "161304.527500", "161305.827500", "161307.127500", "161308.427500", "161309.727500", "161311.027500", "161312.327500", "161313.627500", "161314.927500", "161316.227500", "161317.527500", "161318.827500", "161320.127500", "161321.427500", "161322.727500", "161324.027500", "161325.327500", "161326.627500", "161327.927500", "161329.227500", "161330.527500", "161331.827500", "161333.127500", "161334.427500", "161335.727500", "161337.027500", "161338.327500", "161339.627500", "161340.927500", "161342.227500", "161343.527500", "161344.827500", "161346.127500", "161347.427500", "161348.727500", "161350.027500", "161351.327500", "161352.627500", "161353.927500", "161355.227500", "161356.527500", "161357.827500", "161359.127500", "161400.427500", "161401.727500", "161403.027500", "161404.327500", "161405.627500", "161406.927500", "161408.227500", "161409.527500", "161410.827500", "161412.127500", "161413.427500", "161414.727500", "161416.027500", "161417.327500", "161418.627500", "161419.927500", "161421.227500", "161422.527500", "161423.827500", "161425.127500", "161426.427500", "161427.727500", "161429.027500", "161430.327500", "161431.627500", "161432.927500", "161434.227500", "161435.527500", "161436.827500", "161438.127500", "161439.427500", "161440.727500", "161442.027500", "161443.327500", "161444.627500", "161445.927500", "161447.227500", "161448.527500", "161449.827500", "161451.127500", "161452.427500", "161453.727500", "161455.027500", "161456.327500", "161457.627500", "161458.927500", "161500.227500", "161501.527500", "161502.827500", "161504.127500", "161505.427500", "161506.727500", "161508.027500", "161509.327500", "161510.627500", "161511.927500", "161513.227500", "161514.527500", "161515.827500", "161517.127500", "161518.427500", "161519.727500", "161521.027500", "161522.327500", "161523.627500", "161524.927500", "161526.227500", "161527.527500", "161528.827500", "161530.127500", "161531.427500", "161532.727500", "161534.027500", "161535.327500", "161536.627500", "161537.927500", "161539.227500", "161540.527500", "161541.827500", "161543.127500", "161544.427500", "161545.727500", "161547.027500", "161548.327500", "161549.627500", "161550.927500", "161552.227500", "161553.527500", "161554.827500", "161556.127500", "161557.427500", "161558.727500", "161600.027500", "161601.327500", "161602.627500", "161603.927500", "161605.227500", "161606.527500", "161607.827500", "161609.127500", "161610.427500", "161611.727500", "161613.027500", "161614.327500", "161615.627500", "161616.927500", "161618.227500", "161619.527500", "161620.827500", "161622.127500", "161623.427500", "161624.727500", "161626.027500", "161627.327500", "161628.627500", "161629.927500", "161631.227500", "161632.527500", "161633.827500", "161635.127500", "161636.427500", "161637.727500", "161639.027500", "161640.327500", "161641.627500", "161642.927500", "161644.227500", "161645.527500", "161646.827500", "161648.127500", "161649.427500", "161650.727500", "161652.027500", "161653.327500", "161654.627500", "161655.927500", "161657.227500", "161658.527500", "161659.827500", "161701.127500", "161702.427500", "161703.727500", "161705.027500", "161706.327500", "161707.627500", "161708.927500", "161710.227500", "161711.527500", "161712.827500"], "ContentTime": ["161332.796000", "161340.625000", "161340.625000", "161340.640000", "161340.640000", "161340.640000", "161345.625000", "161345.640000", "161345.640000", "161350.625000", "161350.625000", "161350.640000", "161355.625000", "161355.625000", "161355.640000", "161400.625000", "161400.625000", "161400.640000", "161405.625000", "161405.625000", "161405.640000", "161410.625000", "161410.625000", "161410.640000", "161415.625000", "161415.625000", "161420.625000", "161420.625000", "161420.640000", "161420.640000", "161425.625000", "161425.640000", "161425.640000", "161430.625000", "161430.625000", "161435.625000", "161435.625000", "161435.640000", "161440.625000", "161440.656000", "161440.656000", "161445.625000", "161445.625000", "161445.640000", "161450.625000", "161450.640000", "161450.640000", "161455.625000", "161455.625000", "161455.640000", "161500.625000", "161500.640000", "161500.640000", "161505.625000", "161505.625000", "161505.640000", "161510.625000", "161510.625000", "161510.640000", "161515.625000", "161515.625000", "161515.640000", "161520.625000", "161520.640000", "161520.640000", "161525.625000", "161525.625000", "161525.640000", "161530.625000", "161530.625000", "161530.640000", "161535.625000", "161535.625000", "161535.640000", "161540.625000", "161540.640000", "161540.640000", "161545.625000", "161545.625000", "161545.640000", "161550.625000", "161550.640000", "161555.625000", "161555.625000", "161555.640000", "161555.640000", "161600.625000", "161600.625000", "161600.640000", "161605.625000", "161605.625000", "161610.625000", "161610.625000", "161610.640000", "161615.625000", "161615.640000", "161615.640000", "161620.625000", "161620.625000", "161620.640000", "161625.625000", "161625.640000", "161625.640000", "161630.625000", "161630.625000", "161630.640000", "161635.625000", "161635.640000", "161635.640000", "161640.625000", "161640.625000", "161640.640000", "161645.625000", "161645.625000", "161645.640000", "161650.625000", "161650.625000", "161655.625000", "161655.625000", "161655.640000", "161700.625000", "161700.625000", "161700.640000", "161700.640000", "161705.625000", "161705.640000", "161710.625000", "161710.625000", "161710.640000", "161715.625000", "161715.625000", "161715.640000", "161720.625000", "161720.625000", "161720.640000", "161725.625000", "161725.640000", "161725.640000", "161730.625000", "161730.625000", "161730.640000", "161735.625000", "161735.625000", "161735.640000", "161735.640000", "161740.625000", "161740.625000", "161740.640000", "161745.625000", "161745.625000", "161745.640000", "161750.625000", "161750.625000", "161750.640000", "161755.625000", "161755.671000", "161755.671000", "161800.625000", "161800.625000", "161800.640000", "161805.625000", "161805.625000", "161810.625000", "161810.625000", "161810.640000", "161815.625000", "161815.640000", "161815.640000", "161820.625000", "161820.625000", "161820.640000", "161825.625000", "161825.625000", "161825.640000", "161830.625000", "161830.625000", "161830.640000", "161835.625000", "161835.625000", "161835.640000", "161840.625000", "161840.625000", "161840.640000", "161845.625000", "161845.625000", "161845.640000", "161850.625000", "161850.625000", "161850.671000", "161855.640000", "161855.640000", "161855.640000", "161900.625000", "161900.625000", "161900.640000", "161905.625000", "161905.625000", "161905.640000", "161907.937000", "161907.937000"], "InstanceCreationTime": ["161332.796000", "161340.625000", "161340.625000", "161340.640000", "161340.640000", "161340.640000", "161345.625000", "161345.640000", "161345.640000", "161350.625000", "161350.625000", "161350.640000", "161355.625000", "161355.625000", "161355.640000", "161400.625000", "161400.625000", "161400.640000", "161405.625000", "161405.625000", "161405.640000", "161410.625000", "161410.625000", "161410.640000", "161415.625000", "161415.625000", "161420.625000", "161420.625000", "161420.640000", "161420.640000", "161425.625000", "161425.640000", "161425.640000", "161430.625000", "161430.625000", "161435.625000", "161435.625000", "161435.640000", "161440.625000", "161440.656000", "161440.656000", "161445.625000", "161445.625000", "161445.640000", "161450.625000", "161450.640000", "161450.640000", "161455.625000", "161455.625000", "161455.640000", "161500.625000", "161500.640000", "161500.640000", "161505.625000", "161505.625000", "161505.640000", "161510.625000", "161510.625000", "161510.640000", "161515.625000", "161515.625000", "161515.640000", "161520.625000", "161520.640000", "161520.640000", "161525.625000", "161525.625000", "161525.640000", "161530.625000", "161530.625000", "161530.640000", "161535.625000", "161535.625000", "161535.640000", "161540.625000", "161540.640000", "161540.640000", "161545.625000", "161545.625000", "161545.640000", "161550.625000", "161550.640000", "161555.625000", "161555.625000", "161555.640000", "161555.640000", "161600.625000", "161600.625000", "161600.640000", "161605.625000", "161605.625000", "161610.625000", "161610.625000", "161610.640000", "161615.625000", "161615.640000", "161615.640000", "161620.625000", "161620.625000", "161620.640000", "161625.625000", "161625.640000", "161625.640000", "161630.625000", "161630.625000", "161630.640000", "161635.625000", "161635.640000", "161635.640000", "161640.625000", "161640.625000", "161640.640000", "161645.625000", "161645.625000", "161645.640000", "161650.625000", "161650.625000", "161655.625000", "161655.625000", "161655.640000", "161700.625000", "161700.625000", "161700.640000", "161700.640000", "161705.625000", "161705.640000", "161710.625000", "161710.625000", "161710.640000", "161715.625000", "161715.625000", "161715.640000", "161720.625000", "161720.625000", "161720.640000", "161725.625000", "161725.640000", "161725.640000", "161730.625000", "161730.625000", "161730.640000", "161735.625000", "161735.625000", "161735.640000", "161735.640000", "161740.625000", "161740.625000", "161740.640000", "161745.625000", "161745.625000", "161745.640000", "161750.625000", "161750.625000", "161750.640000", "161755.625000", "161755.671000", "161755.671000", "161800.625000", "161800.625000", "161800.640000", "161805.625000", "161805.625000", "161810.625000", "161810.625000", "161810.640000", "161815.625000", "161815.640000", "161815.640000", "161820.625000", "161820.625000", "161820.640000", "161825.625000", "161825.625000", "161825.640000", "161830.625000", "161830.625000", "161830.640000", "161835.625000", "161835.625000", "161835.640000", "161840.625000", "161840.625000", "161840.640000", "161845.625000", "161845.625000", "161845.640000", "161850.625000", "161850.625000", "161850.671000", "161855.640000", "161855.640000", "161855.640000", "161900.625000", "161900.625000", "161900.640000", "161905.625000", "161905.625000", "161905.640000", "161907.937000", "161907.937000"], "InstanceNumber": [1, 2, 3, 4, 5, 6, 7, 8, 9, 10, 11, 12, 13, 14, 15, 16, 17, 18, 19, 20, 21, 22, 23, 24, 25, 26, 27, 28, 29, 30, 31, 32, 33, 34, 35, 36, 37, 38, 39, 40, 41, 42, 43, 44, 45, 46, 47, 48, 49, 50, 51, 52, 53, 54, 55, 56, 57, 58, 59, 60, 61, 62, 63, 64, 65, 66, 67, 68, 69, 70, 71, 72, 73, 74, 75, 76, 77, 78, 79, 80, 81, 82, 83, 84, 85, 86, 87, 88, 89, 90, 91, 92, 93, 94, 95, 96, 97, 98, 99, 100, 101, 102, 103, 104, 105, 106, 107, 108, 109, 110, 111, 112, 113, 114, 115, 116, 117, 118, 119, 120, 121, 122, 123, 124, 125, 126, 127, 128, 129, 130, 131, 132, 133, 134, 135, 136, 137, 138, 139, 140, 141, 142, 143, 144, 145, 146, 147, 148, 149, 150, 151, 152, 153, 154, 155, 156, 157, 158, 159, 160, 161, 162, 163, 164, 165, 166, 167, 168, 169, 170, 171, 172, 173, 174, 175, 176, 177, 178, 179, 180, 181, 182, 183, 184, 185, 186, 187, 188, 189, 190, 191, 192, 193, 194, 195, 196, 197, 198, 199, 200], "LargestImagePixelValue": [22923, 32817, 23004, 22255, 31394, 24545, 21731, 24207, 25123, 31831, 34453, 24687, 21725, 23471, 28686, 24311, 21503, 21733, 31231, 21790, 21695, 21931, 25830, 23708, 21990, 23110, 22392, 28996, 22167, 22047, 21972, 24267, 23654, 22674, 22203, 25610, 24404, 22083, 27304, 27368, 24294, 22378, 22143, 32377, 22506, 23680, 22192, 28660, 24888, 22246, 23572, 25587, 23615, 22571, 34203, 24680, 22473, 23677, 27372, 22524, 22611, 22595, 26517, 22537, 22671, 31687, 22329, 22278, 22817, 23766, 23809, 30292, 22687, 22378, 22376, 27707, 22357, 24867, 30798, 22317, 22370, 27377, 25755, 22374, 22103, 27278, 23274, 22360, 22024, 26941, 28262, 22357, 23268, 22495, 29429, 24436, 23977, 31732, 22511, 22322, 27077, 22785, 22419, 22337, 26894, 23668, 24263, 26240, 23621, 22266, 30721, 24201, 22389, 24206, 22183, 29215, 22554, 22258, 22619, 23723, 27358, 27471, 24291, 28393, 22469, 23853, 27803, 27954, 27270, 22392, 24901, 22359, 24966, 28176, 22580, 24904, 22474, 25254, 22581, 22561, 30629, 25543, 28144, 22414, 24580, 22797, 31102, 24973, 25845, 23526, 24927, 26602, 22821, 22466, 23977, 28101, 24513, 27781, 26115, 22423, 28213, 22275, 22541, 24089, 22372, 32524, 24072, 25202, 25540, 22499, 23216, 25871, 22461, 24900, 22365, 22725, 26290, 23303, 22529, 30896, 22586, 22476, 24618, 22570, 25798, 27487, 22566, 25818, 22889, 24703, 24860, 22244, 22530, 26544, 23029, 32414, 23724, 22435, 24363, 23284], "WindowCenter": [9782.0, 9808.0, 9774.0, 9773.0, 9795.0, 9769.0, 9775.0, 9781.0, 9768.0, 9781.0, 9794.0, 9763.0, 9742.0, 9750.0, 9772.0, 9756.0, 9731.0, 9750.0, 9769.0, 9727.0, 9742.0, 9749.0, 9759.0, 9753.0, 9732.0, 9740.0, 9733.0, 9758.0, 9746.0, 9743.0, 9764.0, 9770.0, 9749.0, 9733.0, 9754.0, 9778.0, 9757.0, 9769.0, 9767.0, 9775.0, 9765.0, 9762.0, 9755.0, 9770.0, 9755.0, 9754.0, 9749.0, 9783.0, 9753.0, 9740.0, 9749.0, 9773.0, 9773.0, 9759.0, 9787.0, 9757.0, 9733.0, 9750.0, 9760.0, 9738.0, 9742.0, 9739.0, 9770.0, 9752.0, 9760.0, 9774.0, 9752.0, 9744.0, 9735.0, 9752.0, 9757.0, 9764.0, 9740.0, 9762.0, 9754.0, 9771.0, 9740.0, 9748.0, 9767.0, 9748.0, 9749.0, 9763.0, 9755.0, 9753.0, 9754.0, 9765.0, 9757.0, 9734.0, 9760.0, 9790.0, 9770.0, 9751.0, 9757.0, 9765.0, 9789.0, 9758.0, 9745.0, 9773.0, 9741.0, 9739.0, 9756.0, 9735.0, 9739.0, 9752.0, 9762.0, 9756.0, 9719.0, 9756.0, 9750.0, 9748.0, 9764.0, 9738.0, 9742.0, 9761.0, 9743.0, 9783.0, 9737.0, 9738.0, 9756.0, 9769.0, 9764.0, 9764.0, 9733.0, 9778.0, 9766.0, 9753.0, 9767.0, 9754.0, 9761.0, 9740.0, 9752.0, 9751.0, 9756.0, 9767.0, 9740.0, 9750.0, 9738.0, 9756.0, 9768.0, 9764.0, 9780.0, 9769.0, 9762.0, 9743.0, 9768.0, 9761.0, 9780.0, 9751.0, 9766.0, 9746.0, 9749.0, 9743.0, 9737.0, 9751.0, 9766.0, 9769.0, 9750.0, 9758.0, 9762.0, 9745.0, 9765.0, 9738.0, 9749.0, 9771.0, 9752.0, 9788.0, 9730.0, 9741.0, 9757.0, 9750.0, 9747.0, 9751.0, 9750.0, 9759.0, 9750.0, 9741.0, 9744.0, 9757.0, 9744.0, 9774.0, 9732.0, 9745.0, 9762.0, 9754.0, 9767.0, 9758.0, 9733.0, 9752.0, 9752.0, 9751.0, 9742.0, 9733.0, 9760.0, 9772.0, 9745.0, 9777.0, 9742.0, 9749.0, 9755.0, 9754.0], "WindowWidth": [20668.0, 20706.0, 20644.0, 20639.0, 20677.0, 20629.0, 20647.0, 20661.0, 20634.0, 20649.0, 20672.0, 20612.0, 20573.0, 20590.0, 20631.0, 20600.0, 20555.0, 20590.0, 20622.0, 20547.0, 20574.0, 20591.0, 20609.0, 20598.0, 20558.0, 20572.0, 20561.0, 20602.0, 20582.0, 20579.0, 20621.0, 20630.0, 20590.0, 20561.0, 20601.0, 20649.0, 20612.0, 20628.0, 20624.0, 20636.0, 20624.0, 20620.0, 20603.0, 20628.0, 20601.0, 20599.0, 20592.0, 20651.0, 20592.0, 20568.0, 20587.0, 20634.0, 20636.0, 20607.0, 20654.0, 20602.0, 20557.0, 20589.0, 20606.0, 20566.0, 20575.0, 20571.0, 20629.0, 20596.0, 20607.0, 20633.0, 20592.0, 20579.0, 20566.0, 20596.0, 20602.0, 20616.0, 20570.0, 20615.0, 20600.0, 20625.0, 20569.0, 20583.0, 20619.0, 20586.0, 20587.0, 20611.0, 20597.0, 20596.0, 20598.0, 20619.0, 20604.0, 20564.0, 20614.0, 20667.0, 20628.0, 20592.0, 20604.0, 20623.0, 20664.0, 20603.0, 20579.0, 20627.0, 20571.0, 20564.0, 20594.0, 20557.0, 20565.0, 20593.0, 20611.0, 20598.0, 20528.0, 20598.0, 20590.0, 20584.0, 20609.0, 20562.0, 20573.0, 20608.0, 20575.0, 20645.0, 20564.0, 20562.0, 20603.0, 20626.0, 20617.0, 20613.0, 20557.0, 20643.0, 20623.0, 20595.0, 20616.0, 20591.0, 20607.0, 20573.0, 20593.0, 20592.0, 20599.0, 20618.0, 20568.0, 20584.0, 20565.0, 20601.0, 20626.0, 20622.0, 20645.0, 20621.0, 20607.0, 20575.0, 20627.0, 20614.0, 20645.0, 20588.0, 20616.0, 20581.0, 20584.0, 20569.0, 20560.0, 20591.0, 20622.0, 20625.0, 20586.0, 20600.0, 20608.0, 20578.0, 20615.0, 20564.0, 20588.0, 20631.0, 20595.0, 20655.0, 20547.0, 20567.0, 20602.0, 20592.0, 20584.0, 20588.0, 20589.0, 20605.0, 20586.0, 20568.0, 20574.0, 20601.0, 20577.0, 20631.0, 20552.0, 20576.0, 20612.0, 20596.0, 20617.0, 20598.0, 20554.0, 20591.0, 20590.0, 20588.0, 20568.0, 20555.0, 20610.0, 20632.0, 20579.0, 20636.0, 20568.0, 20584.0, 20599.0, 20593.0]}, "slices": {}}}