{"AcquisitionMatrixPE": 128, "AcquisitionNumber": 1, "AcquisitionTime": "16:27:48.285000", "BandwidthPerPixelPhaseEncode": 21.701, "BaseResolution": 128, "BodyPartExamined": "BRAIN", "ConsistencyInfo": "N4_VD11D_LATEST_20110129", "ConversionSoftware": "dcm2niix", "ConversionSoftwareVersion": "v1.0.20210317", "DerivedVendorReportedEchoSpacing": 0.000720013, "DeviceSerialNumber": "45239", "DwellTime": 2e-06, "EchoTime": 0.03, "EchoTrainLength": 63, "EffectiveEchoSpacing": 0.000360006, "FlipAngle": 63, "ImageComments": "Unaliased MB4/PE3", "ImageOrientationPatientDICOM": [1, 0, 0, 0, 1, 0], "ImageType": ["ORIGINAL", "PRIMARY", "M", "ND", "NORM", "MOSAIC"], "ImagingFrequency": 123.193, "InPlanePhaseEncodingDirectionDICOM": "COL", "InstitutionAddress": "E 24th St. 100,Austin,Southmiddle,US,78712", "InstitutionName": "Univ of Texas at Austin", "InstitutionalDepartmentName": "IRC", "MRAcquisitionType": "2D", "MagneticFieldStrength": 3, "Manufacturer": "Siemens", "ManufacturersModelName": "Skyra", "Modality": "MR", "MultibandAccelerationFactor": 4, "ParallelReductionFactorInPlane": 2, "PartialFourier": 1, "PatientPosition": "HFS", "PercentPhaseFOV": 100, "PercentSampling": 100, "PhaseEncodingDirection": "j-", "PhaseEncodingSteps": 127, "PhaseResolution": 1, "PixelBandwidth": 1955, "ProcedureStepDescription": "Poldrack2^self-scanning", "ProtocolName": "retinotopy fMRI MBEPI_matrix128_BW1954", "PulseSequenceDetails": "%CustomerSeq%\\cmrr_mbep2d_bold", "ReceiveCoilActiveElements": "HEA;HEP", "ReceiveCoilName": "Head_32", "ReconMatrixPE": 128, "RefLinesPE": 124, "RepetitionTime": 1.3, "SAR": 0.0697544, "ScanOptions": "FS", "ScanningSequence": "EP", "SequenceName": "epfid2d1_128", "SequenceVariant": "SK", "SeriesDescription": "retinotopy fMRI MBEPI_matrix128_BW1954", "SeriesNumber": 13, "ShimSetting": [-2777, 8039, -15474, 168, -258, 188, 256, -82], "SliceThickness": 2, "SliceTiming": [0, 0.275, 0.5475, 0.8225, 1.0975, 0.09, 0.365, 0.64, 0.9125, 1.1875, 0.1825, 0.4575, 0.73, 1.005, 0, 0.275, 0.5475, 0.8225, 1.0975, 0.09, 0.365, 0.64, 0.9125, 1.1875, 0.1825, 0.4575, 0.73, 1.005, 0, 0.275, 0.5475, 0.8225, 1.0975, 0.09, 0.365, 0.64, 0.9125, 1.1875, 0.1825, 0.4575, 0.73, 1.005, 0, 0.275, 0.5475, 0.8225, 1.0975, 0.09, 0.365, 0.64, 0.9125, 1.1875, 0.1825, 0.4575, 0.73, 1.005], "SoftwareVersions": "syngo MR D11", "SpacingBetweenSlices": 2, "StationName": "AWP45239", "TaskName": "Retinotopic mapping", "TotalReadoutTime": 0.0457208, "TxRefAmp": 330.962, "WipMemBlock": "5707e614-aff1-4dda-a866-32dbc50ffc16||Sequence: VD11D r206; Feb 13 2013 18:52:04 by eja", "dcmmeta_affine": [[-2.0, 0.0, 0.0, 128.0], [0.0, 2.0, 0.0, -144.15980529785156], [0.0, 0.0, 2.0, -16.259078979492188], [0.0, 0.0, 0.0, 1.0]], "dcmmeta_reorient_transform": [[0.0, -1.0, 0.0, 127.0], [1.0, 0.0, 0.0, 0.0], [0.0, 0.0, 1.0, 0.0], [0.0, 0.0, 0.0, 1.0]], "dcmmeta_shape": [128, 128, 56, 200], "dcmmeta_slice_dim": 2, "dcmmeta_version": 0.6, "global": {"const": {"AcquisitionMatrix": [128, 0, 0, 128], "AngioFlag": "N", "BitsAllocated": 16, "BitsStored": 16, "BodyPartExamined": "BRAIN", "Columns": 1024, "EchoNumbers": 1, "EchoTime": 30.0, "EchoTrainLength": 63, "FlipAngle": 63.0, "HighBit": 15, "ImageOrientationPatient": [1.0, 0.0, 0.0, 0.0, 1.0, 0.0], "ImagePositionPatient": [-1024.0, -1005.8401927948, -16.259078979492], "ImageType": ["ORIGINAL", "PRIMARY", "M", "ND", "NORM", "MOSAIC"], "ImagedNucleus": "1H", "ImagingFrequency": 123.193398, "InPlanePhaseEncodingDirection": "COL", "MRAcquisitionType": "2D", "MagneticFieldStrength": 3.0, "Manufacturer": "SIEMENS", "ManufacturerModelName": "Skyra", "Modality": "MR", "NumberOfAverages": 1.0, "NumberOfPhaseEncodingSteps": 127, "PercentPhaseFieldOfView": 100.0, "PercentSampling": 100.0, "PerformedProcedureStepStartTime": "153911.546000", "PhotometricInterpretation": "MONOCHROME2", "PixelBandwidth": 1955.0, "PixelRepresentation": 0, "PixelSpacing": [2.0, 2.0], "ProtocolName": "retinotopy fMRI MBEPI_matrix128_BW1954", "RepetitionTime": 1300.0, "Rows": 1024, "SAR": 0.06975442867273, "SamplesPerPixel": 1, "ScanOptions": "FS", "ScanningSequence": "EP", "SequenceName": "epfid2d1_128", "SequenceVariant": "SK", "SeriesDescription": "retinotopy fMRI MBEPI_matrix128_BW1954", "SeriesNumber": 13, "SeriesTime": "162903.562000", "SliceLocation": -16.259078979492, "SliceThickness": 2.0, "SmallestImagePixelValue": 0, "SoftwareVersions": "syngo MR D11", "SpacingBetweenSlices": 2.0, "SpecificCharacterSet": "ISO_IR 100", "StudyID": "1", "StudyTime": "153911.500000", "TransmitCoilName": "Body", "VariableFlipAngleFlag": "N", "WindowCenterWidthExplanation": "Algo1", "dBdt": 0.0}, "slices": {}}, "time": {"samples": {"AcquisitionNumber": [1, 2, 3, 4, 5, 6, 7, 8, 9, 10, 11, 12, 13, 14, 15, 16, 17, 18, 19, 20, 21, 22, 23, 24, 25, 26, 27, 28, 29, 30, 31, 32, 33, 34, 35, 36, 37, 38, 39, 40, 41, 42, 43, 44, 45, 46, 47, 48, 49, 50, 51, 52, 53, 54, 55, 56, 57, 58, 59, 60, 61, 62, 63, 64, 65, 66, 67, 68, 69, 70, 71, 72, 73, 74, 75, 76, 77, 78, 79, 80, 81, 82, 83, 84, 85, 86, 87, 88, 89, 90, 91, 92, 93, 94, 95, 96, 97, 98, 99, 100, 101, 102, 103, 104, 105, 106, 107, 108, 109, 110, 111, 112, 113, 114, 115, 116, 117, 118, 119, 120, 121, 122, 123, 124, 125, 126, 127, 128, 129, 130, 131, 132, 133, 134, 135, 136, 137, 138, 139, 140, 141, 142, 143, 144, 145, 146, 147, 148, 149, 150, 151, 152, 153, 154, 155, 156, 157, 158, 159, 160, 161, 162, 163, 164, 165, 166, 167, 168, 169, 170, 171, 172, 173, 174, 175, 176, 177, 178, 179, 180, 181, 182, 183, 184, 185, 186, 187, 188, 189, 190, 191, 192, 193, 194, 195, 196, 197, 198, 199, 200], "AcquisitionTime": ["162748.285000", "162820.785000", "162822.085000", "162823.385000", "162824.685000", "162825.985000", "162827.285000", "162828.585000", "162829.885000", "162831.185000", "162832.485000", "162833.785000", "162835.085000", "162836.385000", "162837.685000", "162838.985000", "162840.285000", "162841.585000", "162842.885000", "162844.185000", "162845.485000", "162846.785000", "162848.085000", "162849.385000", "162850.685000", "162851.985000", "162853.285000", "162854.585000", "162855.885000", "162857.185000", "162858.485000", "162859.785000", "162901.085000", "162902.385000", "162903.685000", "162904.985000", "162906.285000", "162907.585000", "162908.885000", "162910.185000", "162911.485000", "162912.785000", "162914.085000", "162915.385000", "162916.685000", "162917.985000", "162919.285000", "162920.585000", "162921.885000", "162923.185000", "162924.485000", "162925.785000", "162927.085000", "162928.385000", "162929.685000", "162930.985000", "162932.285000", "162933.585000", "162934.885000", "162936.185000", "162937.485000", "162938.785000", "162940.085000", "162941.385000", "162942.685000", "162943.985000", "162945.285000", "162946.585000", "162947.885000", "162949.185000", "162950.485000", "162951.785000", "162953.085000", "162954.385000", "162955.685000", "162956.985000", "162958.285000", "162959.585000", "163000.885000", "163002.185000", "163003.485000", "163004.785000", "163006.085000", "163007.385000", "163008.685000", "163009.985000", "163011.285000", "163012.585000", "163013.885000", "163015.185000", "163016.485000", "163017.785000", "163019.085000", "163020.385000", "163021.685000", "163022.985000", "163024.285000", "163025.585000", "163026.885000", "163028.185000", "163029.485000", "163030.785000", "163032.085000", "163033.385000", "163034.685000", "163035.985000", "163037.285000", "163038.585000", "163039.885000", "163041.185000", "163042.485000", "163043.785000", "163045.085000", "163046.385000", "163047.685000", "163048.985000", "163050.285000", "163051.585000", "163052.885000", "163054.185000", "163055.485000", "163056.785000", "163058.085000", "163059.385000", "163100.685000", "163101.985000", "163103.285000", "163104.585000", "163105.885000", "163107.185000", "163108.485000", "163109.785000", "163111.085000", "163112.385000", "163113.685000", "163114.985000", "163116.285000", "163117.585000", "163118.885000", "163120.185000", "163121.485000", "163122.785000", "163124.085000", "163125.385000", "163126.685000", "163127.985000", "163129.285000", "163130.585000", "163131.885000", "163133.185000", "163134.485000", "163135.785000", "163137.085000", "163138.385000", "163139.685000", "163140.985000", "163142.285000", "163143.585000", "163144.885000", "163146.185000", "163147.485000", "163148.787500", "163150.087500", "163151.387500", "163152.687500", "163153.987500", "163155.287500", "163156.587500", "163157.887500", "163159.187500", "163200.487500", "163201.787500", "163203.087500", "163204.387500", "163205.687500", "163206.987500", "163208.287500", "163209.587500", "163210.887500", "163212.187500", "163213.487500", "163214.787500", "163216.087500", "163217.387500", "163218.687500", "163219.987500", "163221.287500", "163222.587500", "163223.887500", "163225.187500", "163226.487500", "163227.787500", "163229.087500", "163230.387500", "163231.687500", "163232.987500", "163234.287500", "163235.587500", "163236.887500", "163238.187500"], "ContentTime": ["162903.562000", "162912.375000", "162912.375000", "162912.390000", "162912.390000", "162912.390000", "162917.375000", "162917.375000", "162917.375000", "162922.375000", "162922.375000", "162922.390000", "162927.375000", "162927.375000", "162927.390000", "162932.375000", "162932.375000", "162932.375000", "162937.375000", "162937.375000", "162937.390000", "162942.375000", "162942.375000", "162942.375000", "162947.375000", "162947.375000", "162947.390000", "162952.375000", "162952.375000", "162957.375000", "162957.375000", "162957.375000", "163002.375000", "163002.375000", "163002.390000", "163007.375000", "163007.375000", "163007.375000", "163012.375000", "163012.375000", "163012.375000", "163017.375000", "163017.375000", "163017.390000", "163022.375000", "163022.375000", "163022.375000", "163027.375000", "163027.390000", "163027.390000", "163032.375000", "163032.375000", "163032.375000", "163037.375000", "163037.375000", "163037.375000", "163042.375000", "163042.375000", "163047.375000", "163047.375000", "163047.375000", "163052.375000", "163052.375000", "163052.375000", "163057.375000", "163057.375000", "163057.375000", "163102.375000", "163102.375000", "163102.375000", "163107.375000", "163107.375000", "163107.390000", "163112.375000", "163112.375000", "163112.375000", "163117.375000", "163117.375000", "163117.390000", "163122.375000", "163122.390000", "163122.390000", "163127.375000", "163127.375000", "163127.375000", "163132.375000", "163132.375000", "163137.375000", "163137.375000", "163137.375000", "163142.375000", "163142.375000", "163142.375000", "163147.375000", "163147.375000", "163147.375000", "163152.375000", "163152.375000", "163152.375000", "163157.375000", "163157.375000", "163157.375000", "163202.375000", "163202.375000", "163202.375000", "163207.375000", "163207.375000", "163207.375000", "163212.375000", "163212.375000", "163212.375000", "163217.375000", "163217.375000", "163217.375000", "163222.375000", "163222.375000", "163222.375000", "163227.375000", "163227.390000", "163232.375000", "163232.390000", "163232.390000", "163232.390000", "163237.375000", "163237.375000", "163242.375000", "163242.375000", "163242.390000", "163247.375000", "163247.375000", "163247.375000", "163247.390000", "163252.375000", "163252.375000", "163252.375000", "163257.375000", "163257.390000", "163257.406000", "163302.375000", "163302.375000", "163302.390000", "163307.375000", "163307.375000", "163307.375000", "163312.375000", "163312.375000", "163312.375000", "163317.375000", "163317.375000", "163317.375000", "163322.375000", "163322.375000", "163322.390000", "163327.375000", "163327.375000", "163327.375000", "163332.375000", "163332.375000", "163332.390000", "163337.375000", "163337.375000", "163337.375000", "163342.375000", "163342.375000", "163342.375000", "163347.375000", "163347.375000", "163352.375000", "163352.375000", "163352.375000", "163357.375000", "163357.375000", "163357.375000", "163402.375000", "163402.375000", "163402.375000", "163402.390000", "163407.375000", "163407.375000", "163407.390000", "163412.375000", "163412.406000", "163412.421000", "163417.375000", "163417.375000", "163417.375000", "163422.375000", "163422.375000", "163422.375000", "163427.375000", "163427.375000", "163427.375000", "163432.375000", "163432.390000", "163432.390000", "163437.375000", "163437.375000", "163437.375000", "163439.203000", "163439.218000"], "InstanceCreationTime": ["162903.562000", "162912.375000", "162912.375000", "162912.390000", "162912.390000", "162912.390000", "162917.375000", "162917.375000", "162917.375000", "162922.375000", "162922.375000", "162922.390000", "162927.375000", "162927.375000", "162927.390000", "162932.375000", "162932.375000", "162932.375000", "162937.375000", "162937.375000", "162937.390000", "162942.375000", "162942.375000", "162942.375000", "162947.375000", "162947.375000", "162947.390000", "162952.375000", "162952.375000", "162957.375000", "162957.375000", "162957.375000", "163002.375000", "163002.375000", "163002.390000", "163007.375000", "163007.375000", "163007.375000", "163012.375000", "163012.375000", "163012.375000", "163017.375000", "163017.375000", "163017.390000", "163022.375000", "163022.375000", "163022.375000", "163027.375000", "163027.390000", "163027.390000", "163032.375000", "163032.375000", "163032.375000", "163037.375000", "163037.375000", "163037.375000", "163042.375000", "163042.375000", "163047.375000", "163047.375000", "163047.375000", "163052.375000", "163052.375000", "163052.375000", "163057.375000", "163057.375000", "163057.375000", "163102.375000", "163102.375000", "163102.375000", "163107.375000", "163107.375000", "163107.390000", "163112.375000", "163112.375000", "163112.375000", "163117.375000", "163117.375000", "163117.390000", "163122.375000", "163122.390000", "163122.390000", "163127.375000", "163127.375000", "163127.375000", "163132.375000", "163132.375000", "163137.375000", "163137.375000", "163137.375000", "163142.375000", "163142.375000", "163142.375000", "163147.375000", "163147.375000", "163147.375000", "163152.375000", "163152.375000", "163152.375000", "163157.375000", "163157.375000", "163157.375000", "163202.375000", "163202.375000", "163202.375000", "163207.375000", "163207.375000", "163207.375000", "163212.375000", "163212.375000", "163212.375000", "163217.375000", "163217.375000", "163217.375000", "163222.375000", "163222.375000", "163222.375000", "163227.375000", "163227.390000", "163232.375000", "163232.390000", "163232.390000", "163232.390000", "163237.375000", "163237.375000", "163242.375000", "163242.375000", "163242.390000", "163247.375000", "163247.375000", "163247.375000", "163247.390000", "163252.375000", "163252.375000", "163252.375000", "163257.375000", "163257.390000", "163257.406000", "163302.375000", "163302.375000", "163302.390000", "163307.375000", "163307.375000", "163307.375000", "163312.375000", "163312.375000", "163312.375000", "163317.375000", "163317.375000", "163317.375000", "163322.375000", "163322.375000", "163322.390000", "163327.375000", "163327.375000", "163327.375000", "163332.375000", "163332.375000", "163332.390000", "163337.375000", "163337.375000", "163337.375000", "163342.375000", "163342.375000", "163342.375000", "163347.375000", "163347.375000", "163352.375000", "163352.375000", "163352.375000", "163357.375000", "163357.375000", "163357.375000", "163402.375000", "163402.375000", "163402.375000", "163402.390000", "163407.375000", "163407.375000", "163407.390000", "163412.375000", "163412.406000", "163412.421000", "163417.375000", "163417.375000", "163417.375000", "163422.375000", "163422.375000", "163422.375000", "163427.375000", "163427.375000", "163427.375000", "163432.375000", "163432.390000", "163432.390000", "163437.375000", "163437.375000", "163437.375000", "163439.203000", "163439.218000"], "InstanceNumber": [1, 2, 3, 4, 5, 6, 7, 8, 9, 10, 11, 12, 13, 14, 15, 16, 17, 18, 19, 20, 21, 22, 23, 24, 25, 26, 27, 28, 29, 30, 31, 32, 33, 34, 35, 36, 37, 38, 39, 40, 41, 42, 43, 44, 45, 46, 47, 48, 49, 50, 51, 52, 53, 54, 55, 56, 57, 58, 59, 60, 61, 62, 63, 64, 65, 66, 67, 68, 69, 70, 71, 72, 73, 74, 75, 76, 77, 78, 79, 80, 81, 82, 83, 84, 85, 86, 87, 88, 89, 90, 91, 92, 93, 94, 95, 96, 97, 98, 99, 100, 101, 102, 103, 104, 105, 106, 107, 108, 109, 110, 111, 112, 113, 114, 115, 116, 117, 118, 119, 120, 121, 122, 123, 124, 125, 126, 127, 128, 129, 130, 131, 132, 133, 134, 135, 136, 137, 138, 139, 140, 141, 142, 143, 144, 145, 146, 147, 148, 149, 150, 151, 152, 153, 154, 155, 156, 157, 158, 159, 160, 161, 162, 163, 164, 165, 166, 167, 168, 169, 170, 171, 172, 173, 174, 175, 176, 177, 178, 179, 180, 181, 182, 183, 184, 185, 186, 187, 188, 189, 190, 191, 192, 193, 194, 195, 196, 197, 198, 199, 200], "LargestImagePixelValue": [22370, 30024, 22286, 24102, 21934, 29056, 23187, 21819, 22974, 21641, 23156, 27773, 21545, 23987, 28019, 28592, 29501, 21584, 24649, 21507, 21351, 21340, 24131, 21554, 27498, 25195, 24382, 21045, 24088, 21409, 22467, 25244, 21843, 27128, 21538, 21185, 23984, 21627, 29530, 21203, 21112, 26414, 23706, 30338, 21159, 24029, 21265, 24994, 21170, 21000, 23557, 24316, 30417, 21073, 24145, 21200, 23829, 25215, 21031, 23484, 21888, 26554, 21367, 21134, 24071, 24406, 32456, 21305, 30270, 24845, 29063, 21322, 21275, 25072, 23106, 28382, 23462, 21304, 29086, 23346, 21368, 22556, 21683, 22298, 24757, 21502, 21335, 26092, 24748, 21705, 23652, 22503, 22901, 25900, 21415, 22129, 21563, 22168, 26710, 21404, 25093, 21492, 23631, 26694, 21366, 27202, 21437, 21512, 24775, 21187, 29331, 21835, 21271, 22633, 21401, 24670, 27952, 21164, 23065, 21631, 22803, 27030, 21179, 27046, 21385, 25187, 21315, 21453, 26280, 21637, 25825, 23312, 30906, 23154, 25259, 21476, 21600, 26065, 21877, 26869, 23395, 23231, 25230, 23282, 21380, 24084, 21573, 28831, 21690, 21569, 23205, 21661, 25204, 21730, 21246, 24468, 25257, 26335, 21312, 23051, 21996, 23554, 25663, 21641, 23884, 22860, 21709, 21651, 25739, 22996, 28575, 21501, 21578, 26230, 21444, 25095, 22470, 21230, 28216, 22971, 25656, 25428, 21441, 23638, 26124, 24198, 23109, 23847, 21395, 27079, 22775, 21594, 22251, 21813, 21396, 29571, 21747, 21226, 23451, 21658], "WindowCenter": [9783.0, 9805.0, 9779.0, 9795.0, 9771.0, 9780.0, 9759.0, 9766.0, 9782.0, 9774.0, 9766.0, 9810.0, 9780.0, 9767.0, 9777.0, 9775.0, 9793.0, 9762.0, 9753.0, 9757.0, 9747.0, 9771.0, 9795.0, 9774.0, 9766.0, 9778.0, 9772.0, 9764.0, 9782.0, 9769.0, 9776.0, 9786.0, 9766.0, 9785.0, 9763.0, 9770.0, 9782.0, 9764.0, 9788.0, 9779.0, 9777.0, 9790.0, 9762.0, 9787.0, 9760.0, 9767.0, 9755.0, 9767.0, 9765.0, 9763.0, 9787.0, 9754.0, 9804.0, 9768.0, 9775.0, 9763.0, 9767.0, 9775.0, 9764.0, 9767.0, 9756.0, 9774.0, 9779.0, 9779.0, 9782.0, 9788.0, 9812.0, 9770.0, 9770.0, 9762.0, 9783.0, 9785.0, 9789.0, 9794.0, 9753.0, 9794.0, 9773.0, 9737.0, 9768.0, 9754.0, 9757.0, 9768.0, 9752.0, 9754.0, 9774.0, 9773.0, 9753.0, 9768.0, 9773.0, 9771.0, 9772.0, 9760.0, 9765.0, 9777.0, 9758.0, 9763.0, 9758.0, 9758.0, 9789.0, 9773.0, 9768.0, 9765.0, 9763.0, 9776.0, 9760.0, 9789.0, 9758.0, 9757.0, 9774.0, 9769.0, 9785.0, 9752.0, 9763.0, 9779.0, 9761.0, 9766.0, 9785.0, 9760.0, 9776.0, 9759.0, 9759.0, 9775.0, 9768.0, 9787.0, 9749.0, 9756.0, 9779.0, 9791.0, 9803.0, 9778.0, 9796.0, 9774.0, 9802.0, 9755.0, 9756.0, 9756.0, 9764.0, 9793.0, 9742.0, 9800.0, 9777.0, 9770.0, 9761.0, 9761.0, 9771.0, 9782.0, 9767.0, 9784.0, 9762.0, 9752.0, 9760.0, 9760.0, 9765.0, 9762.0, 9768.0, 9756.0, 9752.0, 9767.0, 9766.0, 9765.0, 9759.0, 9753.0, 9784.0, 9774.0, 9773.0, 9765.0, 9753.0, 9781.0, 9785.0, 9765.0, 9780.0, 9761.0, 9772.0, 9795.0, 9766.0, 9774.0, 9779.0, 9778.0, 9784.0, 9760.0, 9755.0, 9784.0, 9777.0, 9772.0, 9776.0, 9757.0, 9763.0, 9767.0, 9762.0, 9760.0, 9754.0, 9771.0, 9782.0, 9779.0, 9744.0, 9785.0, 9762.0, 9763.0, 9762.0, 9760.0], "WindowWidth": [20670.0, 20705.0, 20658.0, 20685.0, 20639.0, 20651.0, 20612.0, 20628.0, 20661.0, 20645.0, 20629.0, 20713.0, 20660.0, 20632.0, 20645.0, 20638.0, 20673.0, 20619.0, 20602.0, 20609.0, 20593.0, 20642.0, 20690.0, 20646.0, 20628.0, 20646.0, 20638.0, 20630.0, 20664.0, 20636.0, 20651.0, 20668.0, 20631.0, 20663.0, 20623.0, 20641.0, 20662.0, 20627.0, 20668.0, 20655.0, 20654.0, 20675.0, 20618.0, 20666.0, 20618.0, 20629.0, 20609.0, 20630.0, 20632.0, 20632.0, 20674.0, 20609.0, 20698.0, 20634.0, 20645.0, 20625.0, 20628.0, 20645.0, 20625.0, 20628.0, 20608.0, 20638.0, 20656.0, 20663.0, 20669.0, 20671.0, 20715.0, 20636.0, 20633.0, 20615.0, 20653.0, 20666.0, 20679.0, 20686.0, 20605.0, 20682.0, 20642.0, 20577.0, 20626.0, 20601.0, 20612.0, 20631.0, 20603.0, 20604.0, 20641.0, 20642.0, 20603.0, 20628.0, 20639.0, 20638.0, 20640.0, 20614.0, 20621.0, 20649.0, 20620.0, 20626.0, 20617.0, 20615.0, 20671.0, 20643.0, 20632.0, 20626.0, 20623.0, 20649.0, 20619.0, 20669.0, 20612.0, 20613.0, 20647.0, 20633.0, 20662.0, 20596.0, 20622.0, 20654.0, 20624.0, 20627.0, 20661.0, 20619.0, 20648.0, 20617.0, 20615.0, 20647.0, 20632.0, 20663.0, 20596.0, 20608.0, 20659.0, 20684.0, 20707.0, 20656.0, 20691.0, 20648.0, 20697.0, 20604.0, 20608.0, 20614.0, 20631.0, 20680.0, 20588.0, 20691.0, 20650.0, 20634.0, 20614.0, 20614.0, 20638.0, 20659.0, 20630.0, 20658.0, 20618.0, 20600.0, 20614.0, 20616.0, 20625.0, 20621.0, 20631.0, 20605.0, 20593.0, 20626.0, 20628.0, 20628.0, 20613.0, 20602.0, 20661.0, 20640.0, 20638.0, 20623.0, 20604.0, 20659.0, 20663.0, 20624.0, 20650.0, 20621.0, 20644.0, 20684.0, 20630.0, 20645.0, 20657.0, 20657.0, 20665.0, 20614.0, 20606.0, 20663.0, 20651.0, 20637.0, 20641.0, 20603.0, 20622.0, 20630.0, 20617.0, 20610.0, 20600.0, 20637.0, 20661.0, 20657.0, 20589.0, 20661.0, 20621.0, 20622.0, 20621.0, 20614.0]}, "slices": {}}}