{"AcquisitionMatrixPE": 128, "AcquisitionNumber": 1, "AcquisitionTime": "16:22:17.115000", "BandwidthPerPixelPhaseEncode": 21.701, "BaseResolution": 128, "BodyPartExamined": "BRAIN", "ConsistencyInfo": "N4_VD11D_LATEST_20110129", "ConversionSoftware": "dcm2niix", "ConversionSoftwareVersion": "v1.0.20210317", "DerivedVendorReportedEchoSpacing": 0.000720013, "DeviceSerialNumber": "45239", "DwellTime": 2e-06, "EchoTime": 0.03, "EchoTrainLength": 63, "EffectiveEchoSpacing": 0.000360006, "FlipAngle": 63, "ImageComments": "Unaliased MB4/PE3", "ImageOrientationPatientDICOM": [1, 0, 0, 0, 1, 0], "ImageType": ["ORIGINAL", "PRIMARY", "M", "ND", "NORM", "MOSAIC"], "ImagingFrequency": 123.193, "InPlanePhaseEncodingDirectionDICOM": "COL", "InstitutionAddress": "E 24th St. 100,Austin,Southmiddle,US,78712", "InstitutionName": "Univ of Texas at Austin", "InstitutionalDepartmentName": "IRC", "MRAcquisitionType": "2D", "MagneticFieldStrength": 3, "Manufacturer": "Siemens", "ManufacturersModelName": "Skyra", "Modality": "MR", "MultibandAccelerationFactor": 4, "ParallelReductionFactorInPlane": 2, "PartialFourier": 1, "PatientPosition": "HFS", "PercentPhaseFOV": 100, "PercentSampling": 100, "PhaseEncodingDirection": "j-", "PhaseEncodingSteps": 127, "PhaseResolution": 1, "PixelBandwidth": 1955, "ProcedureStepDescription": "Poldrack2^self-scanning", "ProtocolName": "retinotopy fMRI MBEPI_matrix128_BW1954", "PulseSequenceDetails": "%CustomerSeq%\\cmrr_mbep2d_bold", "ReceiveCoilActiveElements": "HEA;HEP", "ReceiveCoilName": "Head_32", "ReconMatrixPE": 128, "RefLinesPE": 124, "RepetitionTime": 1.3, "SAR": 0.0697544, "ScanOptions": "FS", "ScanningSequence": "EP", "SequenceName": "epfid2d1_128", "SequenceVariant": "SK", "SeriesDescription": "retinotopy fMRI MBEPI_matrix128_BW1954", "SeriesNumber": 11, "ShimSetting": [-2777, 8039, -15474, 168, -258, 188, 256, -82], "SliceThickness": 2, "SliceTiming": [0, 0.275, 0.5475, 0.8225, 1.0975, 0.0925, 0.365, 0.64, 0.915, 1.1875, 0.1825, 0.4575, 0.7325, 1.005, 0, 0.275, 0.5475, 0.8225, 1.0975, 0.0925, 0.365, 0.64, 0.915, 1.1875, 0.1825, 0.4575, 0.7325, 1.005, 0, 0.275, 0.5475, 0.8225, 1.0975, 0.0925, 0.365, 0.64, 0.915, 1.1875, 0.1825, 0.4575, 0.7325, 1.005, 0, 0.275, 0.5475, 0.8225, 1.0975, 0.0925, 0.365, 0.64, 0.915, 1.1875, 0.1825, 0.4575, 0.7325, 1.005], "SoftwareVersions": "syngo MR D11", "SpacingBetweenSlices": 2, "StationName": "AWP45239", "TaskName": "Retinotopic mapping", "TotalReadoutTime": 0.0457208, "TxRefAmp": 330.962, "WipMemBlock": "2076daf8-f4c5-4ada-ad25-a6d771652f21||Sequence: VD11D r206; Feb 13 2013 18:52:04 by eja", "dcmmeta_affine": [[-2.0, 0.0, 0.0, 128.0], [0.0, 2.0, 0.0, -144.15980529785156], [0.0, 0.0, 2.0, -16.259078979492188], [0.0, 0.0, 0.0, 1.0]], "dcmmeta_reorient_transform": [[0.0, -1.0, 0.0, 127.0], [1.0, 0.0, 0.0, 0.0], [0.0, 0.0, 1.0, 0.0], [0.0, 0.0, 0.0, 1.0]], "dcmmeta_shape": [128, 128, 56, 200], "dcmmeta_slice_dim": 2, "dcmmeta_version": 0.6, "global": {"const": {"AcquisitionMatrix": [128, 0, 0, 128], "AngioFlag": "N", "BitsAllocated": 16, "BitsStored": 16, "BodyPartExamined": "BRAIN", "Columns": 1024, "EchoNumbers": 1, "EchoTime": 30.0, "EchoTrainLength": 63, "FlipAngle": 63.0, "HighBit": 15, "ImageOrientationPatient": [1.0, 0.0, 0.0, 0.0, 1.0, 0.0], "ImagePositionPatient": [-1024.0, -1005.8401927948, -16.259078979492], "ImageType": ["ORIGINAL", "PRIMARY", "M", "ND", "NORM", "MOSAIC"], "ImagedNucleus": "1H", "ImagingFrequency": 123.193377, "InPlanePhaseEncodingDirection": "COL", "MRAcquisitionType": "2D", "MagneticFieldStrength": 3.0, "Manufacturer": "SIEMENS", "ManufacturerModelName": "Skyra", "Modality": "MR", "NumberOfAverages": 1.0, "NumberOfPhaseEncodingSteps": 127, "PercentPhaseFieldOfView": 100.0, "PercentSampling": 100.0, "PerformedProcedureStepStartTime": "153911.546000", "PhotometricInterpretation": "MONOCHROME2", "PixelBandwidth": 1955.0, "PixelRepresentation": 0, "PixelSpacing": [2.0, 2.0], "ProtocolName": "retinotopy fMRI MBEPI_matrix128_BW1954", "RepetitionTime": 1300.0, "Rows": 1024, "SAR": 0.06975442867273, "SamplesPerPixel": 1, "ScanOptions": "FS", "ScanningSequence": "EP", "SequenceName": "epfid2d1_128", "SequenceVariant": "SK", "SeriesDescription": "retinotopy fMRI MBEPI_matrix128_BW1954", "SeriesNumber": 11, "SeriesTime": "162304.500000", "SliceLocation": -16.259078979492, "SliceThickness": 2.0, "SmallestImagePixelValue": 0, "SoftwareVersions": "syngo MR D11", "SpacingBetweenSlices": 2.0, "SpecificCharacterSet": "ISO_IR 100", "StudyID": "1", "StudyTime": "153911.500000", "TransmitCoilName": "Body", "VariableFlipAngleFlag": "N", "WindowCenterWidthExplanation": "Algo1", "dBdt": 0.0}, "slices": {}}, "time": {"samples": {"AcquisitionNumber": [1, 2, 3, 4, 5, 6, 7, 8, 9, 10, 11, 12, 13, 14, 15, 16, 17, 18, 19, 20, 21, 22, 23, 24, 25, 26, 27, 28, 29, 30, 31, 32, 33, 34, 35, 36, 37, 38, 39, 40, 41, 42, 43, 44, 45, 46, 47, 48, 49, 50, 51, 52, 53, 54, 55, 56, 57, 58, 59, 60, 61, 62, 63, 64, 65, 66, 67, 68, 69, 70, 71, 72, 73, 74, 75, 76, 77, 78, 79, 80, 81, 82, 83, 84, 85, 86, 87, 88, 89, 90, 91, 92, 93, 94, 95, 96, 97, 98, 99, 100, 101, 102, 103, 104, 105, 106, 107, 108, 109, 110, 111, 112, 113, 114, 115, 116, 117, 118, 119, 120, 121, 122, 123, 124, 125, 126, 127, 128, 129, 130, 131, 132, 133, 134, 135, 136, 137, 138, 139, 140, 141, 142, 143, 144, 145, 146, 147, 148, 149, 150, 151, 152, 153, 154, 155, 156, 157, 158, 159, 160, 161, 162, 163, 164, 165, 166, 167, 168, 169, 170, 171, 172, 173, 174, 175, 176, 177, 178, 179, 180, 181, 182, 183, 184, 185, 186, 187, 188, 189, 190, 191, 192, 193, 194, 195, 196, 197, 198, 199, 200], "AcquisitionTime": ["162217.115000", "162249.615000", "162250.915000", "162252.215000", "162253.515000", "162254.815000", "162256.115000", "162257.415000", "162258.715000", "162300.015000", "162301.315000", "162302.615000", "162303.915000", "162305.215000", "162306.515000", "162307.815000", "162309.115000", "162310.415000", "162311.715000", "162313.015000", "162314.315000", "162315.615000", "162316.915000", "162318.215000", "162319.515000", "162320.815000", "162322.115000", "162323.415000", "162324.715000", "162326.015000", "162327.315000", "162328.615000", "162329.915000", "162331.215000", "162332.515000", "162333.815000", "162335.115000", "162336.415000", "162337.715000", "162339.015000", "162340.315000", "162341.615000", "162342.915000", "162344.215000", "162345.515000", "162346.815000", "162348.115000", "162349.415000", "162350.715000", "162352.015000", "162353.315000", "162354.615000", "162355.915000", "162357.215000", "162358.515000", "162359.815000", "162401.115000", "162402.415000", "162403.715000", "162405.015000", "162406.315000", "162407.615000", "162408.915000", "162410.215000", "162411.515000", "162412.815000", "162414.115000", "162415.415000", "162416.715000", "162418.015000", "162419.315000", "162420.615000", "162421.915000", "162423.215000", "162424.515000", "162425.815000", "162427.115000", "162428.415000", "162429.715000", "162431.015000", "162432.315000", "162433.615000", "162434.915000", "162436.215000", "162437.515000", "162438.815000", "162440.115000", "162441.415000", "162442.715000", "162444.015000", "162445.315000", "162446.615000", "162447.915000", "162449.215000", "162450.515000", "162451.815000", "162453.115000", "162454.415000", "162455.715000", "162457.015000", "162458.315000", "162459.615000", "162500.915000", "162502.215000", "162503.515000", "162504.815000", "162506.115000", "162507.415000", "162508.715000", "162510.015000", "162511.315000", "162512.615000", "162513.915000", "162515.215000", "162516.515000", "162517.815000", "162519.115000", "162520.415000", "162521.715000", "162523.015000", "162524.317500", "162525.617500", "162526.917500", "162528.217500", "162529.517500", "162530.817500", "162532.117500", "162533.417500", "162534.717500", "162536.017500", "162537.317500", "162538.617500", "162539.917500", "162541.217500", "162542.517500", "162543.817500", "162545.117500", "162546.417500", "162547.717500", "162549.017500", "162550.317500", "162551.617500", "162552.917500", "162554.217500", "162555.517500", "162556.817500", "162558.117500", "162559.417500", "162600.717500", "162602.017500", "162603.317500", "162604.617500", "162605.917500", "162607.217500", "162608.517500", "162609.817500", "162611.117500", "162612.417500", "162613.717500", "162615.017500", "162616.317500", "162617.617500", "162618.917500", "162620.217500", "162621.517500", "162622.817500", "162624.117500", "162625.417500", "162626.717500", "162628.017500", "162629.317500", "162630.617500", "162631.917500", "162633.217500", "162634.517500", "162635.817500", "162637.117500", "162638.417500", "162639.717500", "162641.017500", "162642.317500", "162643.617500", "162644.917500", "162646.217500", "162647.517500", "162648.817500", "162650.117500", "162651.417500", "162652.717500", "162654.017500", "162655.317500", "162656.617500", "162657.917500", "162659.217500", "162700.517500", "162701.817500", "162703.117500", "162704.417500", "162705.717500", "162707.017500"], "ContentTime": ["162304.500000", "162313.984000", "162313.984000", "162314.000000", "162314.000000", "162314.000000", "162318.984000", "162318.984000", "162319.000000", "162319.000000", "162323.984000", "162323.984000", "162323.984000", "162328.984000", "162328.984000", "162333.984000", "162333.984000", "162334.000000", "162338.984000", "162338.984000", "162338.984000", "162343.984000", "162344.015000", "162344.015000", "162348.984000", "162348.984000", "162348.984000", "162353.984000", "162353.984000", "162353.984000", "162358.984000", "162358.984000", "162359.000000", "162403.984000", "162403.984000", "162403.984000", "162408.984000", "162408.984000", "162408.984000", "162413.984000", "162413.984000", "162413.984000", "162418.984000", "162418.984000", "162419.000000", "162423.984000", "162423.984000", "162423.984000", "162428.984000", "162428.984000", "162428.984000", "162433.984000", "162433.984000", "162433.984000", "162438.984000", "162438.984000", "162438.984000", "162443.984000", "162443.984000", "162443.984000", "162448.984000", "162448.984000", "162448.984000", "162453.984000", "162453.984000", "162453.984000", "162458.984000", "162458.984000", "162503.984000", "162503.984000", "162503.984000", "162503.984000", "162508.984000", "162508.984000", "162513.984000", "162513.984000", "162514.000000", "162518.984000", "162519.000000", "162519.000000", "162524.000000", "162524.000000", "162524.000000", "162528.984000", "162528.984000", "162528.984000", "162533.984000", "162533.984000", "162534.000000", "162538.984000", "162539.000000", "162539.000000", "162543.984000", "162543.984000", "162543.984000", "162548.984000", "162548.984000", "162548.984000", "162553.984000", "162553.984000", "162553.984000", "162558.984000", "162558.984000", "162558.984000", "162603.984000", "162603.984000", "162603.984000", "162608.984000", "162608.984000", "162608.984000", "162613.984000", "162613.984000", "162614.015000", "162618.984000", "162618.984000", "162623.984000", "162623.984000", "162623.984000", "162628.984000", "162628.984000", "162628.984000", "162633.984000", "162633.984000", "162633.984000", "162638.984000", "162638.984000", "162639.000000", "162643.984000", "162643.984000", "162643.984000", "162648.984000", "162648.984000", "162653.984000", "162653.984000", "162653.984000", "162658.984000", "162658.984000", "162658.984000", "162703.984000", "162703.984000", "162703.984000", "162708.984000", "162709.000000", "162709.000000", "162713.984000", "162713.984000", "162714.000000", "162718.984000", "162718.984000", "162718.984000", "162723.984000", "162723.984000", "162723.984000", "162728.984000", "162728.984000", "162728.984000", "162733.984000", "162734.015000", "162734.015000", "162734.015000", "162738.984000", "162738.984000", "162738.984000", "162743.984000", "162743.984000", "162743.984000", "162748.984000", "162748.984000", "162753.984000", "162753.984000", "162753.984000", "162758.984000", "162758.984000", "162758.984000", "162759.000000", "162803.984000", "162803.984000", "162808.984000", "162808.984000", "162808.984000", "162813.984000", "162813.984000", "162813.984000", "162818.984000", "162818.984000", "162818.984000", "162823.984000", "162823.984000", "162824.000000", "162828.984000", "162828.984000", "162828.984000", "162833.984000", "162833.984000", "162838.984000", "162838.984000", "162838.984000", "162842.328000", "162842.343000", "162842.343000"], "InstanceCreationTime": ["162304.500000", "162313.984000", "162313.984000", "162314.000000", "162314.000000", "162314.000000", "162318.984000", "162318.984000", "162319.000000", "162319.000000", "162323.984000", "162323.984000", "162323.984000", "162328.984000", "162328.984000", "162333.984000", "162333.984000", "162334.000000", "162338.984000", "162338.984000", "162338.984000", "162343.984000", "162344.015000", "162344.015000", "162348.984000", "162348.984000", "162348.984000", "162353.984000", "162353.984000", "162353.984000", "162358.984000", "162358.984000", "162359.000000", "162403.984000", "162403.984000", "162403.984000", "162408.984000", "162408.984000", "162408.984000", "162413.984000", "162413.984000", "162413.984000", "162418.984000", "162418.984000", "162419.000000", "162423.984000", "162423.984000", "162423.984000", "162428.984000", "162428.984000", "162428.984000", "162433.984000", "162433.984000", "162433.984000", "162438.984000", "162438.984000", "162438.984000", "162443.984000", "162443.984000", "162443.984000", "162448.984000", "162448.984000", "162448.984000", "162453.984000", "162453.984000", "162453.984000", "162458.984000", "162458.984000", "162503.984000", "162503.984000", "162503.984000", "162503.984000", "162508.984000", "162508.984000", "162513.984000", "162513.984000", "162514.000000", "162518.984000", "162519.000000", "162519.000000", "162524.000000", "162524.000000", "162524.000000", "162528.984000", "162528.984000", "162528.984000", "162533.984000", "162533.984000", "162534.000000", "162538.984000", "162539.000000", "162539.000000", "162543.984000", "162543.984000", "162543.984000", "162548.984000", "162548.984000", "162548.984000", "162553.984000", "162553.984000", "162553.984000", "162558.984000", "162558.984000", "162558.984000", "162603.984000", "162603.984000", "162603.984000", "162608.984000", "162608.984000", "162608.984000", "162613.984000", "162613.984000", "162614.015000", "162618.984000", "162618.984000", "162623.984000", "162623.984000", "162623.984000", "162628.984000", "162628.984000", "162628.984000", "162633.984000", "162633.984000", "162633.984000", "162638.984000", "162638.984000", "162639.000000", "162643.984000", "162643.984000", "162643.984000", "162648.984000", "162648.984000", "162653.984000", "162653.984000", "162653.984000", "162658.984000", "162658.984000", "162658.984000", "162703.984000", "162703.984000", "162703.984000", "162708.984000", "162709.000000", "162709.000000", "162713.984000", "162713.984000", "162714.000000", "162718.984000", "162718.984000", "162718.984000", "162723.984000", "162723.984000", "162723.984000", "162728.984000", "162728.984000", "162728.984000", "162733.984000", "162734.015000", "162734.015000", "162734.015000", "162738.984000", "162738.984000", "162738.984000", "162743.984000", "162743.984000", "162743.984000", "162748.984000", "162748.984000", "162753.984000", "162753.984000", "162753.984000", "162758.984000", "162758.984000", "162758.984000", "162759.000000", "162803.984000", "162803.984000", "162808.984000", "162808.984000", "162808.984000", "162813.984000", "162813.984000", "162813.984000", "162818.984000", "162818.984000", "162818.984000", "162823.984000", "162823.984000", "162824.000000", "162828.984000", "162828.984000", "162828.984000", "162833.984000", "162833.984000", "162838.984000", "162838.984000", "162838.984000", "162842.328000", "162842.343000", "162842.343000"], "InstanceNumber": [1, 2, 3, 4, 5, 6, 7, 8, 9, 10, 11, 12, 13, 14, 15, 16, 17, 18, 19, 20, 21, 22, 23, 24, 25, 26, 27, 28, 29, 30, 31, 32, 33, 34, 35, 36, 37, 38, 39, 40, 41, 42, 43, 44, 45, 46, 47, 48, 49, 50, 51, 52, 53, 54, 55, 56, 57, 58, 59, 60, 61, 62, 63, 64, 65, 66, 67, 68, 69, 70, 71, 72, 73, 74, 75, 76, 77, 78, 79, 80, 81, 82, 83, 84, 85, 86, 87, 88, 89, 90, 91, 92, 93, 94, 95, 96, 97, 98, 99, 100, 101, 102, 103, 104, 105, 106, 107, 108, 109, 110, 111, 112, 113, 114, 115, 116, 117, 118, 119, 120, 121, 122, 123, 124, 125, 126, 127, 128, 129, 130, 131, 132, 133, 134, 135, 136, 137, 138, 139, 140, 141, 142, 143, 144, 145, 146, 147, 148, 149, 150, 151, 152, 153, 154, 155, 156, 157, 158, 159, 160, 161, 162, 163, 164, 165, 166, 167, 168, 169, 170, 171, 172, 173, 174, 175, 176, 177, 178, 179, 180, 181, 182, 183, 184, 185, 186, 187, 188, 189, 190, 191, 192, 193, 194, 195, 196, 197, 198, 199, 200], "LargestImagePixelValue": [22086, 22487, 23891, 21966, 23254, 22431, 22135, 28392, 22181, 22352, 22439, 25835, 25636, 28981, 22603, 22181, 24102, 21764, 24717, 22163, 22152, 23285, 22173, 30504, 21868, 24271, 24522, 21971, 25587, 21806, 27108, 21564, 21649, 25758, 21917, 27994, 21880, 22809, 25263, 21627, 29101, 21889, 26797, 21697, 21791, 26878, 21681, 24260, 21747, 21772, 24511, 21558, 24989, 21794, 24647, 21746, 25396, 25104, 22138, 24674, 21612, 27731, 21715, 21698, 23021, 21525, 24375, 21556, 21866, 21609, 23768, 22915, 25361, 23014, 21403, 23356, 21362, 29680, 23544, 21413, 26731, 21520, 25347, 29331, 21800, 23784, 21420, 22779, 21421, 21470, 26783, 21428, 26694, 21368, 21633, 21367, 22805, 21244, 29388, 21430, 21746, 28231, 21616, 21673, 22789, 22144, 23971, 27621, 21440, 21517, 22895, 21811, 21967, 25314, 21403, 21833, 27771, 24273, 21347, 24077, 21378, 23338, 25287, 21509, 21502, 26379, 23394, 21396, 24390, 21553, 29064, 22501, 21712, 23881, 21530, 26064, 24243, 21372, 26727, 23949, 22873, 23873, 21724, 21662, 26696, 21483, 21333, 26122, 22177, 21892, 25879, 21546, 25835, 24619, 21371, 25927, 21634, 27820, 23469, 21430, 23900, 21752, 25876, 22176, 21518, 26524, 21691, 30854, 21482, 21472, 23368, 21597, 27542, 21672, 21496, 25451, 21525, 21530, 24153, 21709, 27192, 24094, 21496, 22272, 24777, 24093, 26687, 21471, 21700, 21715, 21727, 25407, 21476, 24647, 25520, 21725, 21540, 24698, 22107, 26131], "WindowCenter": [9769.0, 9765.0, 9768.0, 9743.0, 9778.0, 9758.0, 9751.0, 9765.0, 9759.0, 9744.0, 9772.0, 9775.0, 9770.0, 9787.0, 9734.0, 9740.0, 9748.0, 9743.0, 9755.0, 9733.0, 9750.0, 9754.0, 9759.0, 9789.0, 9739.0, 9755.0, 9767.0, 9755.0, 9777.0, 9748.0, 9782.0, 9748.0, 9766.0, 9750.0, 9765.0, 9786.0, 9753.0, 9762.0, 9783.0, 9770.0, 9785.0, 9754.0, 9767.0, 9749.0, 9757.0, 9768.0, 9744.0, 9752.0, 9744.0, 9752.0, 9744.0, 9738.0, 9752.0, 9749.0, 9772.0, 9754.0, 9762.0, 9777.0, 9765.0, 9762.0, 9757.0, 9762.0, 9733.0, 9743.0, 9755.0, 9758.0, 9758.0, 9738.0, 9747.0, 9751.0, 9764.0, 9756.0, 9744.0, 9758.0, 9769.0, 9777.0, 9771.0, 9774.0, 9768.0, 9750.0, 9755.0, 9716.0, 9770.0, 9777.0, 9740.0, 9744.0, 9724.0, 9732.0, 9733.0, 9724.0, 9759.0, 9715.0, 9738.0, 9724.0, 9737.0, 9762.0, 9754.0, 9740.0, 9782.0, 9744.0, 9740.0, 9774.0, 9740.0, 9760.0, 9771.0, 9754.0, 9753.0, 9771.0, 9744.0, 9753.0, 9740.0, 9751.0, 9746.0, 9768.0, 9758.0, 9753.0, 9766.0, 9759.0, 9753.0, 9766.0, 9735.0, 9751.0, 9743.0, 9757.0, 9767.0, 9763.0, 9738.0, 9754.0, 9764.0, 9752.0, 9782.0, 9744.0, 9755.0, 9759.0, 9747.0, 9768.0, 9776.0, 9755.0, 9778.0, 9753.0, 9747.0, 9759.0, 9746.0, 9742.0, 9761.0, 9756.0, 9771.0, 9772.0, 9751.0, 9751.0, 9768.0, 9749.0, 9767.0, 9761.0, 9744.0, 9763.0, 9726.0, 9771.0, 9726.0, 9753.0, 9761.0, 9753.0, 9765.0, 9753.0, 9759.0, 9768.0, 9747.0, 9776.0, 9736.0, 9752.0, 9755.0, 9732.0, 9762.0, 9740.0, 9747.0, 9734.0, 9737.0, 9741.0, 9762.0, 9760.0, 9768.0, 9761.0, 9754.0, 9762.0, 9764.0, 9748.0, 9762.0, 9736.0, 9746.0, 9742.0, 9749.0, 9760.0, 9743.0, 9741.0, 9756.0, 9751.0, 9747.0, 9750.0, 9734.0, 9751.0], "WindowWidth": [20643.0, 20629.0, 20631.0, 20587.0, 20651.0, 20618.0, 20602.0, 20628.0, 20614.0, 20591.0, 20646.0, 20645.0, 20634.0, 20659.0, 20566.0, 20578.0, 20589.0, 20579.0, 20604.0, 20566.0, 20599.0, 20605.0, 20615.0, 20669.0, 20578.0, 20604.0, 20628.0, 20609.0, 20647.0, 20595.0, 20658.0, 20598.0, 20628.0, 20605.0, 20627.0, 20666.0, 20605.0, 20623.0, 20664.0, 20637.0, 20662.0, 20601.0, 20626.0, 20596.0, 20611.0, 20631.0, 20583.0, 20600.0, 20586.0, 20598.0, 20582.0, 20575.0, 20602.0, 20599.0, 20640.0, 20607.0, 20618.0, 20645.0, 20628.0, 20622.0, 20608.0, 20617.0, 20562.0, 20583.0, 20606.0, 20609.0, 20607.0, 20571.0, 20590.0, 20603.0, 20623.0, 20606.0, 20583.0, 20609.0, 20636.0, 20657.0, 20644.0, 20646.0, 20634.0, 20601.0, 20605.0, 20532.0, 20629.0, 20647.0, 20577.0, 20581.0, 20542.0, 20557.0, 20559.0, 20546.0, 20605.0, 20524.0, 20565.0, 20539.0, 20568.0, 20619.0, 20608.0, 20583.0, 20657.0, 20590.0, 20580.0, 20639.0, 20579.0, 20615.0, 20642.0, 20609.0, 20605.0, 20634.0, 20586.0, 20604.0, 20578.0, 20599.0, 20591.0, 20634.0, 20616.0, 20604.0, 20622.0, 20609.0, 20602.0, 20625.0, 20567.0, 20594.0, 20586.0, 20612.0, 20629.0, 20617.0, 20572.0, 20610.0, 20629.0, 20601.0, 20656.0, 20585.0, 20607.0, 20616.0, 20593.0, 20629.0, 20647.0, 20610.0, 20647.0, 20597.0, 20587.0, 20610.0, 20584.0, 20575.0, 20614.0, 20608.0, 20639.0, 20636.0, 20596.0, 20600.0, 20632.0, 20593.0, 20622.0, 20616.0, 20587.0, 20618.0, 20551.0, 20629.0, 20549.0, 20601.0, 20616.0, 20601.0, 20624.0, 20603.0, 20618.0, 20633.0, 20590.0, 20639.0, 20568.0, 20600.0, 20603.0, 20560.0, 20616.0, 20578.0, 20587.0, 20562.0, 20567.0, 20581.0, 20623.0, 20616.0, 20629.0, 20614.0, 20608.0, 20621.0, 20619.0, 20589.0, 20617.0, 20572.0, 20592.0, 20582.0, 20595.0, 20618.0, 20584.0, 20578.0, 20602.0, 20598.0, 20590.0, 20592.0, 20561.0, 20595.0]}, "slices": {}}}