{"AcquisitionMatrixPE": 96, "AcquisitionNumber": 1, "AcquisitionTime": "07:36:37.730000", "BandwidthPerPixelPhaseEncode": 33.602, "BaseResolution": 96, "BodyPartExamined": "BRAIN", "ConsistencyInfo": "N4_VD13A_LATEST_20120616", "ConversionSoftware": "dcm2niix", "ConversionSoftwareVersion": "v1.0.20210317", "DerivedVendorReportedEchoSpacing": 0.000620003, "DeviceSerialNumber": "45239", "DwellTime": 2.6e-06, "EchoTime": 0.03, "EchoTrainLength": 47, "EffectiveEchoSpacing": 0.000310001, "FlipAngle": 63, "ImageComments": "Unaliased MB4/PE3", "ImageOrientationPatientDICOM": [0.999683, -0.0221478, 0.0119753, 0.025178, 0.87937, -0.475473], "ImageType": ["ORIGINAL", "PRIMARY", "M", "ND", "NORM", "MOSAIC"], "ImagingFrequency": 123.191, "InPlanePhaseEncodingDirectionDICOM": "COL", "InstitutionAddress": "E 24th St. 100,Austin,Southmiddle,US,78712", "InstitutionName": "Univ of Texas at Austin", "InstitutionalDepartmentName": "IRC", "MRAcquisitionType": "2D", "MagneticFieldStrength": 3, "Manufacturer": "Siemens", "ManufacturersModelName": "Skyra", "Modality": "MR", "MultibandAccelerationFactor": 4, "ParallelReductionFactorInPlane": 2, "PartialFourier": 1, "PatientPosition": "HFS", "PercentPhaseFOV": 100, "PercentSampling": 100, "PhaseEncodingDirection": "j-", "PhaseEncodingSteps": 95, "PhaseResolution": 1, "PixelBandwidth": 2005, "ProcedureStepDescription": "Poldrack2^self-scanning", "ProtocolName": "Resting State fMRI MBEPI_matrix96_BW2004", "PulseSequenceDetails": "%CustomerSeq%\\cmrr_mbep2d_bold", "ReceiveCoilActiveElements": "HEA;HEP", "ReceiveCoilName": "Head_32", "ReconMatrixPE": 96, "RefLinesPE": 48, "RepetitionTime": 1.16, "SAR": 0.114616, "ScanOptions": "FS", "ScanningSequence": "EP", "SequenceName": "epfid2d1_96", "SequenceVariant": "SK", "SeriesDescription": "Resting State fMRI MBEPI_matrix96_BW2004", "SeriesNumber": 6, "ShimSetting": [-2969, 8314, -15468, -813, 97, -478, 143, 198], "SliceThickness": 2, "SliceTiming": [0, 0.4975, 0.9975, 0.355, 0.855, 0.2125, 0.7125, 0.07, 0.57, 1.0675, 0.4275, 0.925, 0.285, 0.7825, 0.1425, 0.64, 0, 0.4975, 0.9975, 0.355, 0.855, 0.2125, 0.7125, 0.07, 0.57, 1.0675, 0.4275, 0.925, 0.285, 0.7825, 0.1425, 0.64, 0, 0.4975, 0.9975, 0.355, 0.855, 0.2125, 0.7125, 0.07, 0.57, 1.0675, 0.4275, 0.925, 0.285, 0.7825, 0.1425, 0.64, 0, 0.4975, 0.9975, 0.355, 0.855, 0.2125, 0.7125, 0.07, 0.57, 1.0675, 0.4275, 0.925, 0.285, 0.7825, 0.1425, 0.64], "SoftwareVersions": "syngo MR D13", "SpacingBetweenSlices": 2.4, "StationName": "AWP45239", "TaskName": "Resting fmri", "TotalReadoutTime": 0.0294501, "TxRefAmp": 335.365, "WipMemBlock": "b91b0822-d27a-4fd1-915c-31644781e497||Sequence: vd13a/R010 r/fd129fc; Dec 13 2013 16:14:27 by eja", "dcmmeta_affine": [[-2.395073652267456, 0.06032225862145424, 4.165853084714399e-08, 112.59844970703125], [0.05306236818432808, 2.106823205947876, -1.14149808883667, -85.61674499511719], [0.02869076281785965, 1.1391550302505493, 2.111156463623047, -83.41031646728516], [0.0, 0.0, 0.0, 1.0]], "dcmmeta_reorient_transform": [[0.0, -1.0, 0.0, 95.0], [1.0, 0.0, 0.0, 0.0], [0.0, 0.0, 1.0, 0.0], [0.0, 0.0, 0.0, 1.0]], "dcmmeta_shape": [96, 96, 64, 518], "dcmmeta_slice_dim": 2, "dcmmeta_version": 0.6, "global": {"const": {"AcquisitionMatrix": [96, 0, 0, 96], "AngioFlag": "N", "BitsAllocated": 16, "BitsStored": 16, "BodyPartExamined": "BRAIN", "Columns": 768, "DeidentificationMethodCodeSequence": [{"CodeMeaning": "XNAT Edit Script", "CodeValue": "93", "CodingSchemeDesignator": "XNAT", "CodingSchemeVersion": "0.1"}], "EchoNumbers": 1, "EchoTime": 30.0, "EchoTrainLength": 47, "FlipAngle": 63.0, "HighBit": 15, "ImageOrientationPatient": [0.99968298425386, -0.0221477712717, 0.01197527540334, 0.02517798628341, 0.8793697035962, -0.4754734413233], "ImagePositionPatient": [-943.34211967175, -804.595086942, 397.92542435604], "ImageType": ["ORIGINAL", "PRIMARY", "M", "ND", "NORM", "MOSAIC"], "ImagedNucleus": "1H", "ImagingFrequency": 123.191186, "InPlanePhaseEncodingDirection": "COL", "MRAcquisitionType": "2D", "MagneticFieldStrength": 3.0, "Manufacturer": "SIEMENS", "ManufacturerModelName": "Skyra", "Modality": "MR", "NumberOfAverages": 1.0, "NumberOfPhaseEncodingSteps": 95, "PercentPhaseFieldOfView": 100.0, "PercentSampling": 100.0, "PerformedProcedureStepStartTime": "072247.361000", "PhotometricInterpretation": "MONOCHROME2", "PixelBandwidth": 2005.0, "PixelRepresentation": 0, "PixelSpacing": [2.3958332538605, 2.3958332538605], "ProtocolName": "Resting State fMRI MBEPI_matrix96_BW2004", "RepetitionTime": 1160.0, "Rows": 768, "SAR": 0.11461633248859, "SamplesPerPixel": 1, "ScanOptions": "FS", "ScanningSequence": "EP", "SequenceName": "epfid2d1_96", "SequenceVariant": "SK", "SeriesDescription": "Resting State fMRI MBEPI_matrix96_BW2004", "SeriesNumber": 6, "SeriesTime": "073718.225000", "SliceLocation": -32.650367094215, "SliceThickness": 2.0, "SmallestImagePixelValue": 0, "SoftwareVersions": "syngo MR D13", "SpacingBetweenSlices": 2.3999999456458, "SpecificCharacterSet": "ISO_IR 100", "StudyID": "1", "StudyTime": "072247.287000", "TransmitCoilName": "Body", "VariableFlipAngleFlag": "N", "WindowCenterWidthExplanation": "Algo1", "dBdt": 0.0}, "slices": {}}, "time": {"samples": {"AcquisitionNumber": [1, 2, 3, 4, 5, 6, 7, 8, 9, 10, 11, 12, 13, 14, 15, 16, 17, 18, 19, 20, 21, 22, 23, 24, 25, 26, 27, 28, 29, 30, 31, 32, 33, 34, 35, 36, 37, 38, 39, 40, 41, 42, 43, 44, 45, 46, 47, 48, 49, 50, 51, 52, 53, 54, 55, 56, 57, 58, 59, 60, 61, 62, 63, 64, 65, 66, 67, 68, 69, 70, 71, 72, 73, 74, 75, 76, 77, 78, 79, 80, 81, 82, 83, 84, 85, 86, 87, 88, 89, 90, 91, 92, 93, 94, 95, 96, 97, 98, 99, 100, 101, 102, 103, 104, 105, 106, 107, 108, 109, 110, 111, 112, 113, 114, 115, 116, 117, 118, 119, 120, 121, 122, 123, 124, 125, 126, 127, 128, 129, 130, 131, 132, 133, 134, 135, 136, 137, 138, 139, 140, 141, 142, 143, 144, 145, 146, 147, 148, 149, 150, 151, 152, 153, 154, 155, 156, 157, 158, 159, 160, 161, 162, 163, 164, 165, 166, 167, 168, 169, 170, 171, 172, 173, 174, 175, 176, 177, 178, 179, 180, 181, 182, 183, 184, 185, 186, 187, 188, 189, 190, 191, 192, 193, 194, 195, 196, 197, 198, 199, 200, 201, 202, 203, 204, 205, 206, 207, 208, 209, 210, 211, 212, 213, 214, 215, 216, 217, 218, 219, 220, 221, 222, 223, 224, 225, 226, 227, 228, 229, 230, 231, 232, 233, 234, 235, 236, 237, 238, 239, 240, 241, 242, 243, 244, 245, 246, 247, 248, 249, 250, 251, 252, 253, 254, 255, 256, 257, 258, 259, 260, 261, 262, 263, 264, 265, 266, 267, 268, 269, 270, 271, 272, 273, 274, 275, 276, 277, 278, 279, 280, 281, 282, 283, 284, 285, 286, 287, 288, 289, 290, 291, 292, 293, 294, 295, 296, 297, 298, 299, 300, 301, 302, 303, 304, 305, 306, 307, 308, 309, 310, 311, 312, 313, 314, 315, 316, 317, 318, 319, 320, 321, 322, 323, 324, 325, 326, 327, 328, 329, 330, 331, 332, 333, 334, 335, 336, 337, 338, 339, 340, 341, 342, 343, 344, 345, 346, 347, 348, 349, 350, 351, 352, 353, 354, 355, 356, 357, 358, 359, 360, 361, 362, 363, 364, 365, 366, 367, 368, 369, 370, 371, 372, 373, 374, 375, 376, 377, 378, 379, 380, 381, 382, 383, 384, 385, 386, 387, 388, 389, 390, 391, 392, 393, 394, 395, 396, 397, 398, 399, 400, 401, 402, 403, 404, 405, 406, 407, 408, 409, 410, 411, 412, 413, 414, 415, 416, 417, 418, 419, 420, 421, 422, 423, 424, 425, 426, 427, 428, 429, 430, 431, 432, 433, 434, 435, 436, 437, 438, 439, 440, 441, 442, 443, 444, 445, 446, 447, 448, 449, 450, 451, 452, 453, 454, 455, 456, 457, 458, 459, 460, 461, 462, 463, 464, 465, 466, 467, 468, 469, 470, 471, 472, 473, 474, 475, 476, 477, 478, 479, 480, 481, 482, 483, 484, 485, 486, 487, 488, 489, 490, 491, 492, 493, 494, 495, 496, 497, 498, 499, 500, 501, 502, 503, 504, 505, 506, 507, 508, 509, 510, 511, 512, 513, 514, 515, 516, 517, 518], "AcquisitionTime": ["073637.730000", "073644.670000", "073645.830000", "073646.990000", "073648.150000", "073649.310000", "073650.470000", "073651.630000", "073652.790000", "073653.950000", "073655.110000", "073656.270000", "073657.430000", "073658.590000", "073659.750000", "073700.910000", "073702.070000", "073703.230000", "073704.390000", "073705.550000", "073706.710000", "073707.870000", "073709.030000", "073710.190000", "073711.350000", "073712.510000", "073713.670000", "073714.830000", "073715.990000", "073717.150000", "073718.310000", "073719.470000", "073720.630000", "073721.790000", "073722.950000", "073724.110000", "073725.270000", "073726.430000", "073727.590000", "073728.750000", "073729.910000", "073731.070000", "073732.230000", "073733.390000", "073734.550000", "073735.710000", "073736.870000", "073738.030000", "073739.190000", "073740.350000", "073741.510000", "073742.670000", "073743.830000", "073744.990000", "073746.150000", "073747.310000", "073748.470000", "073749.630000", "073750.790000", "073751.950000", "073753.110000", "073754.270000", "073755.430000", "073756.590000", "073757.750000", "073758.910000", "073800.070000", "073801.230000", "073802.390000", "073803.550000", "073804.710000", "073805.870000", "073807.030000", "073808.190000", "073809.350000", "073810.510000", "073811.670000", "073812.830000", "073813.990000", "073815.150000", "073816.310000", "073817.470000", "073818.630000", "073819.790000", "073820.950000", "073822.110000", "073823.270000", "073824.430000", "073825.590000", "073826.750000", "073827.910000", "073829.070000", "073830.230000", "073831.390000", "073832.550000", "073833.710000", "073834.870000", "073836.030000", "073837.190000", "073838.350000", "073839.510000", "073840.670000", "073841.830000", "073842.990000", "073844.150000", "073845.310000", "073846.470000", "073847.630000", "073848.790000", "073849.950000", "073851.110000", "073852.270000", "073853.430000", "073854.590000", "073855.750000", "073856.910000", "073858.070000", "073859.230000", "073900.390000", "073901.550000", "073902.710000", "073903.870000", "073905.030000", "073906.190000", "073907.350000", "073908.510000", "073909.670000", "073910.830000", "073911.990000", "073913.150000", "073914.310000", "073915.470000", "073916.630000", "073917.790000", "073918.950000", "073920.110000", "073921.270000", "073922.430000", "073923.590000", "073924.750000", "073925.910000", "073927.070000", "073928.230000", "073929.390000", "073930.550000", "073931.710000", "073932.870000", "073934.030000", "073935.190000", "073936.350000", "073937.510000", "073938.670000", "073939.830000", "073940.990000", "073942.152500", "073943.312500", "073944.472500", "073945.632500", "073946.792500", "073947.952500", "073949.112500", "073950.272500", "073951.432500", "073952.592500", "073953.752500", "073954.912500", "073956.072500", "073957.232500", "073958.392500", "073959.552500", "074000.712500", "074001.872500", "074003.032500", "074004.192500", "074005.352500", "074006.512500", "074007.672500", "074008.832500", "074009.992500", "074011.152500", "074012.312500", "074013.472500", "074014.632500", "074015.792500", "074016.952500", "074018.112500", "074019.272500", "074020.432500", "074021.592500", "074022.752500", "074023.912500", "074025.072500", "074026.232500", "074027.392500", "074028.552500", "074029.712500", "074030.872500", "074032.032500", "074033.192500", "074034.352500", "074035.512500", "074036.672500", "074037.832500", "074038.992500", "074040.152500", "074041.312500", "074042.472500", "074043.632500", "074044.792500", "074045.952500", "074047.112500", "074048.272500", "074049.432500", "074050.592500", "074051.752500", "074052.912500", "074054.072500", "074055.232500", "074056.392500", "074057.552500", "074058.712500", "074059.872500", "074101.032500", "074102.192500", "074103.352500", "074104.512500", "074105.672500", "074106.832500", "074107.992500", "074109.152500", "074110.312500", "074111.472500", "074112.632500", "074113.792500", "074114.952500", "074116.112500", "074117.272500", "074118.432500", "074119.592500", "074120.752500", "074121.912500", "074123.072500", "074124.232500", "074125.392500", "074126.552500", "074127.712500", "074128.872500", "074130.032500", "074131.192500", "074132.352500", "074133.512500", "074134.672500", "074135.832500", "074136.992500", "074138.152500", "074139.312500", "074140.472500", "074141.632500", "074142.792500", "074143.952500", "074145.112500", "074146.272500", "074147.432500", "074148.592500", "074149.752500", "074150.912500", "074152.072500", "074153.232500", "074154.392500", "074155.552500", "074156.712500", "074157.872500", "074159.032500", "074200.192500", "074201.352500", "074202.512500", "074203.672500", "074204.832500", "074205.992500", "074207.152500", "074208.312500", "074209.472500", "074210.632500", "074211.792500", "074212.952500", "074214.112500", "074215.272500", "074216.432500", "074217.592500", "074218.752500", "074219.912500", "074221.072500", "074222.232500", "074223.392500", "074224.552500", "074225.712500", "074226.872500", "074228.032500", "074229.192500", "074230.352500", "074231.512500", "074232.672500", "074233.832500", "074234.992500", "074236.152500", "074237.312500", "074238.472500", "074239.632500", "074240.792500", "074241.952500", "074243.112500", "074244.272500", "074245.432500", "074246.592500", "074247.752500", "074248.912500", "074250.072500", "074251.232500", "074252.392500", "074253.552500", "074254.712500", "074255.872500", "074257.032500", "074258.192500", "074259.352500", "074300.512500", "074301.672500", "074302.832500", "074303.992500", "074305.152500", "074306.312500", "074307.472500", "074308.632500", "074309.792500", "074310.952500", "074312.112500", "074313.272500", "074314.432500", "074315.592500", "074316.752500", "074317.912500", "074319.072500", "074320.232500", "074321.392500", "074322.552500", "074323.712500", "074324.872500", "074326.032500", "074327.192500", "074328.352500", "074329.512500", "074330.672500", "074331.832500", "074332.992500", "074334.152500", "074335.312500", "074336.472500", "074337.632500", "074338.792500", "074339.952500", "074341.112500", "074342.272500", "074343.432500", "074344.592500", "074345.752500", "074346.912500", "074348.072500", "074349.232500", "074350.392500", "074351.552500", "074352.712500", "074353.872500", "074355.032500", "074356.192500", "074357.352500", "074358.512500", "074359.672500", "074400.832500", "074401.992500", "074403.152500", "074404.312500", "074405.472500", "074406.632500", "074407.792500", "074408.952500", "074410.112500", "074411.272500", "074412.432500", "074413.592500", "074414.752500", "074415.912500", "074417.072500", "074418.232500", "074419.392500", "074420.552500", "074421.712500", "074422.872500", "074424.032500", "074425.192500", "074426.352500", "074427.512500", "074428.672500", "074429.832500", "074430.992500", "074432.155000", "074433.315000", "074434.475000", "074435.635000", "074436.795000", "074437.955000", "074439.115000", "074440.275000", "074441.435000", "074442.595000", "074443.755000", "074444.915000", "074446.075000", "074447.235000", "074448.395000", "074449.555000", "074450.715000", "074451.875000", "074453.035000", "074454.195000", "074455.355000", "074456.515000", "074457.675000", "074458.835000", "074459.995000", "074501.155000", "074502.315000", "074503.475000", "074504.635000", "074505.795000", "074506.955000", "074508.115000", "074509.275000", "074510.435000", "074511.595000", "074512.755000", "074513.915000", "074515.075000", "074516.235000", "074517.395000", "074518.555000", "074519.715000", "074520.875000", "074522.035000", "074523.195000", "074524.355000", "074525.515000", "074526.675000", "074527.835000", "074528.995000", "074530.155000", "074531.315000", "074532.475000", "074533.635000", "074534.795000", "074535.955000", "074537.115000", "074538.275000", "074539.435000", "074540.595000", "074541.755000", "074542.915000", "074544.075000", "074545.235000", "074546.395000", "074547.555000", "074548.715000", "074549.875000", "074551.035000", "074552.195000", "074553.355000", "074554.515000", "074555.675000", "074556.835000", "074557.995000", "074559.155000", "074600.315000", "074601.475000", "074602.635000", "074603.795000", "074604.955000", "074606.115000", "074607.275000", "074608.435000", "074609.595000", "074610.755000", "074611.915000", "074613.075000", "074614.235000", "074615.395000", "074616.555000", "074617.715000", "074618.875000", "074620.035000", "074621.195000", "074622.355000", "074623.515000", "074624.675000", "074625.835000", "074626.995000", "074628.155000", "074629.315000", "074630.475000", "074631.635000", "074632.795000", "074633.955000", "074635.115000", "074636.275000", "074637.435000", "074638.595000", "074639.755000", "074640.915000", "074642.075000", "074643.235000"], "ContentTime": ["073718.229000", "073718.234000", "073718.264000", "073718.268000", "073718.272000", "073718.276000", "073718.280000", "073718.284000", "073718.288000", "073718.292000", "073718.296000", "073718.300000", "073718.304000", "073718.307000", "073718.312000", "073718.316000", "073718.319000", "073718.323000", "073718.327000", "073718.331000", "073718.335000", "073718.338000", "073718.343000", "073718.359000", "073758.189000", "073758.193000", "073758.197000", "073758.204000", "073758.208000", "073758.212000", "073758.216000", "073758.221000", "073758.224000", "073758.228000", "073758.232000", "073758.236000", "073758.241000", "073758.245000", "073758.249000", "073758.253000", "073758.257000", "073758.261000", "073758.264000", "073758.269000", "073758.273000", "073758.277000", "073758.281000", "073758.285000", "073758.289000", "073758.293000", "073758.297000", "073758.301000", "073758.305000", "073758.309000", "073758.312000", "073758.316000", "073758.320000", "073758.324000", "073758.328000", "073758.332000", "073758.336000", "073758.340000", "073758.344000", "073838.188000", "073838.192000", "073838.196000", "073838.200000", "073838.204000", "073838.207000", "073838.211000", "073838.215000", "073838.219000", "073838.223000", "073838.227000", "073838.231000", "073838.241000", "073838.245000", "073838.249000", "073838.252000", "073838.256000", "073838.260000", "073838.264000", "073838.268000", "073838.272000", "073838.276000", "073838.280000", "073838.284000", "073838.288000", "073838.292000", "073838.295000", "073838.299000", "073838.303000", "073838.307000", "073838.311000", "073838.315000", "073838.319000", "073838.323000", "073918.190000", "073918.194000", "073918.198000", "073918.202000", "073918.214000", "073918.217000", "073918.221000", "073918.225000", "073918.230000", "073918.234000", "073918.238000", "073918.241000", "073918.246000", "073918.250000", "073918.254000", "073918.257000", "073918.262000", "073918.266000", "073918.270000", "073918.274000", "073918.278000", "073918.282000", "073918.286000", "073918.290000", "073918.294000", "073918.298000", "073918.302000", "073918.306000", "073918.310000", "073918.314000", "073918.318000", "073918.322000", "073918.325000", "073918.329000", "073918.333000", "073958.188000", "073958.193000", "073958.196000", "073958.200000", "073958.204000", "073958.209000", "073958.213000", "073958.217000", "073958.221000", "073958.225000", "073958.229000", "073958.233000", "073958.237000", "073958.241000", "073958.245000", "073958.249000", "073958.253000", "073958.257000", "073958.261000", "073958.265000", "073958.269000", "073958.273000", "073958.277000", "073958.281000", "073958.285000", "073958.289000", "073958.297000", "073958.301000", "073958.306000", "073958.310000", "073958.314000", "073958.317000", "073958.321000", "073958.325000", "074038.189000", "074038.199000", "074038.203000", "074038.207000", "074038.217000", "074038.221000", "074038.225000", "074038.229000", "074038.233000", "074038.238000", "074038.242000", "074038.246000", "074038.249000", "074038.254000", "074038.258000", "074038.261000", "074038.265000", "074038.269000", "074038.273000", "074038.278000", "074038.282000", "074038.286000", "074038.290000", "074038.293000", "074038.297000", "074038.302000", "074038.305000", "074038.309000", "074038.313000", "074038.317000", "074038.321000", "074038.325000", "074038.329000", "074038.334000", "074038.338000", "074118.188000", "074118.192000", "074118.196000", "074118.200000", "074118.204000", "074118.207000", "074118.211000", "074118.215000", "074118.219000", "074118.223000", "074118.227000", "074118.231000", "074118.235000", "074118.238000", "074118.242000", "074118.246000", "074118.250000", "074118.254000", "074118.258000", "074118.262000", "074118.266000", "074118.270000", "074118.281000", "074118.285000", "074118.289000", "074118.293000", "074118.297000", "074118.301000", "074118.305000", "074118.309000", "074118.313000", "074118.317000", "074118.321000", "074118.325000", "074158.189000", "074158.193000", "074158.204000", "074158.208000", "074158.212000", "074158.216000", "074158.223000", "074158.227000", "074158.230000", "074158.234000", "074158.239000", "074158.242000", "074158.246000", "074158.250000", "074158.254000", "074158.258000", "074158.262000", "074158.266000", "074158.270000", "074158.274000", "074158.278000", "074158.282000", "074158.286000", "074158.290000", "074158.294000", "074158.298000", "074158.302000", "074158.306000", "074158.309000", "074158.314000", "074158.318000", "074158.322000", "074158.326000", "074158.329000", "074158.333000", "074238.189000", "074238.194000", "074238.198000", "074238.202000", "074238.208000", "074238.212000", "074238.216000", "074238.221000", "074238.225000", "074238.229000", "074238.233000", "074238.237000", "074238.241000", "074238.244000", "074238.248000", "074238.253000", "074238.257000", "074238.261000", "074238.265000", "074238.269000", "074238.273000", "074238.277000", "074238.281000", "074238.285000", "074238.289000", "074238.293000", "074238.297000", "074238.301000", "074238.305000", "074238.309000", "074238.313000", "074238.317000", "074238.321000", "074238.325000", "074258.188000", "074258.193000", "074258.196000", "074258.201000", "074258.205000", "074258.208000", "074258.213000", "074258.217000", "074258.221000", "074258.225000", "074258.229000", "074258.233000", "074258.237000", "074258.241000", "074258.245000", "074258.249000", "074258.253000", "074338.188000", "074338.192000", "074338.196000", "074338.200000", "074338.204000", "074338.208000", "074338.212000", "074338.215000", "074338.220000", "074338.224000", "074338.228000", "074338.232000", "074338.236000", "074338.240000", "074338.244000", "074338.248000", "074338.252000", "074338.256000", "074338.260000", "074338.264000", "074338.268000", "074338.272000", "074338.276000", "074338.280000", "074338.284000", "074338.288000", "074338.292000", "074338.296000", "074338.300000", "074338.304000", "074338.308000", "074338.312000", "074338.317000", "074338.321000", "074338.324000", "074418.188000", "074418.193000", "074418.197000", "074418.201000", "074418.205000", "074418.209000", "074418.213000", "074418.217000", "074418.221000", "074418.226000", "074418.230000", "074418.233000", "074418.237000", "074418.242000", "074418.245000", "074418.249000", "074418.253000", "074418.258000", "074418.262000", "074418.266000", "074418.269000", "074418.274000", "074418.278000", "074418.281000", "074418.285000", "074418.290000", "074418.294000", "074418.298000", "074418.301000", "074418.306000", "074418.310000", "074418.314000", "074418.318000", "074418.322000", "074458.188000", "074458.193000", "074458.197000", "074458.200000", "074458.204000", "074458.208000", "074458.212000", "074458.229000", "074458.233000", "074458.238000", "074458.242000", "074458.245000", "074458.249000", "074458.253000", "074458.257000", "074458.261000", "074458.265000", "074458.269000", "074458.273000", "074458.277000", "074458.281000", "074458.285000", "074458.289000", "074458.293000", "074458.297000", "074458.301000", "074458.305000", "074458.309000", "074458.313000", "074458.317000", "074458.321000", "074458.326000", "074458.330000", "074458.334000", "074458.338000", "074538.188000", "074538.193000", "074538.197000", "074538.201000", "074538.205000", "074538.209000", "074538.213000", "074538.217000", "074538.220000", "074538.224000", "074538.229000", "074538.233000", "074538.237000", "074538.241000", "074538.245000", "074538.249000", "074538.253000", "074538.257000", "074538.261000", "074538.265000", "074538.269000", "074538.273000", "074538.277000", "074538.281000", "074538.285000", "074538.289000", "074538.293000", "074538.297000", "074538.301000", "074538.305000", "074538.310000", "074538.314000", "074538.318000", "074538.322000", "074618.190000", "074618.194000", "074618.199000", "074618.203000", "074618.207000", "074618.211000", "074618.215000", "074618.219000", "074618.222000", "074618.226000", "074618.230000", "074618.234000", "074618.238000", "074618.243000", "074618.247000", "074618.251000", "074618.255000", "074618.259000", "074618.263000", "074618.267000", "074618.271000", "074618.275000", "074618.279000", "074618.283000", "074618.287000", "074618.291000", "074618.296000", "074618.300000", "074618.304000", "074618.308000", "074618.312000", "074618.316000", "074618.320000", "074618.324000", "074618.328000", "074645.722000", "074645.726000", "074645.730000", "074645.734000", "074645.738000", "074645.742000", "074645.746000", "074645.751000", "074645.754000", "074645.759000", "074645.763000", "074645.768000", "074645.774000", "074645.778000", "074645.782000", "074645.786000", "074645.791000", "074645.794000", "074645.798000", "074645.802000", "074645.805000", "074645.809000", "074645.813000", "074645.817000"], "InstanceCreationTime": ["073718.229000", "073718.234000", "073718.264000", "073718.268000", "073718.272000", "073718.276000", "073718.280000", "073718.284000", "073718.288000", "073718.292000", "073718.296000", "073718.300000", "073718.304000", "073718.307000", "073718.312000", "073718.316000", "073718.319000", "073718.323000", "073718.327000", "073718.331000", "073718.335000", "073718.338000", "073718.343000", "073718.359000", "073758.189000", "073758.193000", "073758.197000", "073758.204000", "073758.208000", "073758.212000", "073758.216000", "073758.221000", "073758.224000", "073758.228000", "073758.232000", "073758.236000", "073758.241000", "073758.245000", "073758.249000", "073758.253000", "073758.257000", "073758.261000", "073758.264000", "073758.269000", "073758.273000", "073758.277000", "073758.281000", "073758.285000", "073758.289000", "073758.293000", "073758.297000", "073758.301000", "073758.305000", "073758.309000", "073758.312000", "073758.316000", "073758.320000", "073758.324000", "073758.328000", "073758.332000", "073758.336000", "073758.340000", "073758.344000", "073838.188000", "073838.192000", "073838.196000", "073838.200000", "073838.204000", "073838.207000", "073838.211000", "073838.215000", "073838.219000", "073838.223000", "073838.227000", "073838.231000", "073838.241000", "073838.245000", "073838.249000", "073838.252000", "073838.256000", "073838.260000", "073838.264000", "073838.268000", "073838.272000", "073838.276000", "073838.280000", "073838.284000", "073838.288000", "073838.292000", "073838.295000", "073838.299000", "073838.303000", "073838.307000", "073838.311000", "073838.315000", "073838.319000", "073838.323000", "073918.190000", "073918.194000", "073918.198000", "073918.202000", "073918.214000", "073918.217000", "073918.221000", "073918.225000", "073918.230000", "073918.234000", "073918.238000", "073918.241000", "073918.246000", "073918.250000", "073918.254000", "073918.257000", "073918.262000", "073918.266000", "073918.270000", "073918.274000", "073918.278000", "073918.282000", "073918.286000", "073918.290000", "073918.294000", "073918.298000", "073918.302000", "073918.306000", "073918.310000", "073918.314000", "073918.318000", "073918.322000", "073918.325000", "073918.329000", "073918.333000", "073958.188000", "073958.193000", "073958.196000", "073958.200000", "073958.204000", "073958.209000", "073958.213000", "073958.217000", "073958.221000", "073958.225000", "073958.229000", "073958.233000", "073958.237000", "073958.241000", "073958.245000", "073958.249000", "073958.253000", "073958.257000", "073958.261000", "073958.265000", "073958.269000", "073958.273000", "073958.277000", "073958.281000", "073958.285000", "073958.289000", "073958.297000", "073958.301000", "073958.306000", "073958.310000", "073958.314000", "073958.317000", "073958.321000", "073958.325000", "074038.189000", "074038.199000", "074038.203000", "074038.207000", "074038.217000", "074038.221000", "074038.225000", "074038.229000", "074038.233000", "074038.238000", "074038.242000", "074038.246000", "074038.249000", "074038.254000", "074038.258000", "074038.261000", "074038.265000", "074038.269000", "074038.273000", "074038.278000", "074038.282000", "074038.286000", "074038.290000", "074038.293000", "074038.297000", "074038.302000", "074038.305000", "074038.309000", "074038.313000", "074038.317000", "074038.321000", "074038.325000", "074038.329000", "074038.334000", "074038.338000", "074118.188000", "074118.192000", "074118.196000", "074118.200000", "074118.204000", "074118.207000", "074118.211000", "074118.215000", "074118.219000", "074118.223000", "074118.227000", "074118.231000", "074118.235000", "074118.238000", "074118.242000", "074118.246000", "074118.250000", "074118.254000", "074118.258000", "074118.262000", "074118.266000", "074118.270000", "074118.281000", "074118.285000", "074118.289000", "074118.293000", "074118.297000", "074118.301000", "074118.305000", "074118.309000", "074118.313000", "074118.317000", "074118.321000", "074118.325000", "074158.189000", "074158.193000", "074158.204000", "074158.208000", "074158.212000", "074158.216000", "074158.223000", "074158.227000", "074158.230000", "074158.234000", "074158.239000", "074158.242000", "074158.246000", "074158.250000", "074158.254000", "074158.258000", "074158.262000", "074158.266000", "074158.270000", "074158.274000", "074158.278000", "074158.282000", "074158.286000", "074158.290000", "074158.294000", "074158.298000", "074158.302000", "074158.306000", "074158.309000", "074158.314000", "074158.318000", "074158.322000", "074158.326000", "074158.329000", "074158.333000", "074238.189000", "074238.194000", "074238.198000", "074238.202000", "074238.208000", "074238.212000", "074238.216000", "074238.221000", "074238.225000", "074238.229000", "074238.233000", "074238.237000", "074238.241000", "074238.244000", "074238.248000", "074238.253000", "074238.257000", "074238.261000", "074238.265000", "074238.269000", "074238.273000", "074238.277000", "074238.281000", "074238.285000", "074238.289000", "074238.293000", "074238.297000", "074238.301000", "074238.305000", "074238.309000", "074238.313000", "074238.317000", "074238.321000", "074238.325000", "074258.188000", "074258.193000", "074258.196000", "074258.201000", "074258.205000", "074258.208000", "074258.213000", "074258.217000", "074258.221000", "074258.225000", "074258.229000", "074258.233000", "074258.237000", "074258.241000", "074258.245000", "074258.249000", "074258.253000", "074338.188000", "074338.192000", "074338.196000", "074338.200000", "074338.204000", "074338.208000", "074338.212000", "074338.215000", "074338.220000", "074338.224000", "074338.228000", "074338.232000", "074338.236000", "074338.240000", "074338.244000", "074338.248000", "074338.252000", "074338.256000", "074338.260000", "074338.264000", "074338.268000", "074338.272000", "074338.276000", "074338.280000", "074338.284000", "074338.288000", "074338.292000", "074338.296000", "074338.300000", "074338.304000", "074338.308000", "074338.312000", "074338.317000", "074338.321000", "074338.324000", "074418.188000", "074418.193000", "074418.197000", "074418.201000", "074418.205000", "074418.209000", "074418.213000", "074418.217000", "074418.221000", "074418.226000", "074418.230000", "074418.233000", "074418.237000", "074418.242000", "074418.245000", "074418.249000", "074418.253000", "074418.258000", "074418.262000", "074418.266000", "074418.269000", "074418.274000", "074418.278000", "074418.281000", "074418.285000", "074418.290000", "074418.294000", "074418.298000", "074418.301000", "074418.306000", "074418.310000", "074418.314000", "074418.318000", "074418.322000", "074458.188000", "074458.193000", "074458.197000", "074458.200000", "074458.204000", "074458.208000", "074458.212000", "074458.229000", "074458.233000", "074458.238000", "074458.242000", "074458.245000", "074458.249000", "074458.253000", "074458.257000", "074458.261000", "074458.265000", "074458.269000", "074458.273000", "074458.277000", "074458.281000", "074458.285000", "074458.289000", "074458.293000", "074458.297000", "074458.301000", "074458.305000", "074458.309000", "074458.313000", "074458.317000", "074458.321000", "074458.326000", "074458.330000", "074458.334000", "074458.338000", "074538.188000", "074538.193000", "074538.197000", "074538.201000", "074538.205000", "074538.209000", "074538.213000", "074538.217000", "074538.220000", "074538.224000", "074538.229000", "074538.233000", "074538.237000", "074538.241000", "074538.245000", "074538.249000", "074538.253000", "074538.257000", "074538.261000", "074538.265000", "074538.269000", "074538.273000", "074538.277000", "074538.281000", "074538.285000", "074538.289000", "074538.293000", "074538.297000", "074538.301000", "074538.305000", "074538.310000", "074538.314000", "074538.318000", "074538.322000", "074618.190000", "074618.194000", "074618.199000", "074618.203000", "074618.207000", "074618.211000", "074618.215000", "074618.219000", "074618.222000", "074618.226000", "074618.230000", "074618.234000", "074618.238000", "074618.243000", "074618.247000", "074618.251000", "074618.255000", "074618.259000", "074618.263000", "074618.267000", "074618.271000", "074618.275000", "074618.279000", "074618.283000", "074618.287000", "074618.291000", "074618.296000", "074618.300000", "074618.304000", "074618.308000", "074618.312000", "074618.316000", "074618.320000", "074618.324000", "074618.328000", "074645.722000", "074645.726000", "074645.730000", "074645.734000", "074645.738000", "074645.742000", "074645.746000", "074645.751000", "074645.754000", "074645.759000", "074645.763000", "074645.768000", "074645.774000", "074645.778000", "074645.782000", "074645.786000", "074645.791000", "074645.794000", "074645.798000", "074645.802000", "074645.805000", "074645.809000", "074645.813000", "074645.817000"], "InstanceNumber": [1, 2, 3, 4, 5, 6, 7, 8, 9, 10, 11, 12, 13, 14, 15, 16, 17, 18, 19, 20, 21, 22, 23, 24, 25, 26, 27, 28, 29, 30, 31, 32, 33, 34, 35, 36, 37, 38, 39, 40, 41, 42, 43, 44, 45, 46, 47, 48, 49, 50, 51, 52, 53, 54, 55, 56, 57, 58, 59, 60, 61, 62, 63, 64, 65, 66, 67, 68, 69, 70, 71, 72, 73, 74, 75, 76, 77, 78, 79, 80, 81, 82, 83, 84, 85, 86, 87, 88, 89, 90, 91, 92, 93, 94, 95, 96, 97, 98, 99, 100, 101, 102, 103, 104, 105, 106, 107, 108, 109, 110, 111, 112, 113, 114, 115, 116, 117, 118, 119, 120, 121, 122, 123, 124, 125, 126, 127, 128, 129, 130, 131, 132, 133, 134, 135, 136, 137, 138, 139, 140, 141, 142, 143, 144, 145, 146, 147, 148, 149, 150, 151, 152, 153, 154, 155, 156, 157, 158, 159, 160, 161, 162, 163, 164, 165, 166, 167, 168, 169, 170, 171, 172, 173, 174, 175, 176, 177, 178, 179, 180, 181, 182, 183, 184, 185, 186, 187, 188, 189, 190, 191, 192, 193, 194, 195, 196, 197, 198, 199, 200, 201, 202, 203, 204, 205, 206, 207, 208, 209, 210, 211, 212, 213, 214, 215, 216, 217, 218, 219, 220, 221, 222, 223, 224, 225, 226, 227, 228, 229, 230, 231, 232, 233, 234, 235, 236, 237, 238, 239, 240, 241, 242, 243, 244, 245, 246, 247, 248, 249, 250, 251, 252, 253, 254, 255, 256, 257, 258, 259, 260, 261, 262, 263, 264, 265, 266, 267, 268, 269, 270, 271, 272, 273, 274, 275, 276, 277, 278, 279, 280, 281, 282, 283, 284, 285, 286, 287, 288, 289, 290, 291, 292, 293, 294, 295, 296, 297, 298, 299, 300, 301, 302, 303, 304, 305, 306, 307, 308, 309, 310, 311, 312, 313, 314, 315, 316, 317, 318, 319, 320, 321, 322, 323, 324, 325, 326, 327, 328, 329, 330, 331, 332, 333, 334, 335, 336, 337, 338, 339, 340, 341, 342, 343, 344, 345, 346, 347, 348, 349, 350, 351, 352, 353, 354, 355, 356, 357, 358, 359, 360, 361, 362, 363, 364, 365, 366, 367, 368, 369, 370, 371, 372, 373, 374, 375, 376, 377, 378, 379, 380, 381, 382, 383, 384, 385, 386, 387, 388, 389, 390, 391, 392, 393, 394, 395, 396, 397, 398, 399, 400, 401, 402, 403, 404, 405, 406, 407, 408, 409, 410, 411, 412, 413, 414, 415, 416, 417, 418, 419, 420, 421, 422, 423, 424, 425, 426, 427, 428, 429, 430, 431, 432, 433, 434, 435, 436, 437, 438, 439, 440, 441, 442, 443, 444, 445, 446, 447, 448, 449, 450, 451, 452, 453, 454, 455, 456, 457, 458, 459, 460, 461, 462, 463, 464, 465, 466, 467, 468, 469, 470, 471, 472, 473, 474, 475, 476, 477, 478, 479, 480, 481, 482, 483, 484, 485, 486, 487, 488, 489, 490, 491, 492, 493, 494, 495, 496, 497, 498, 499, 500, 501, 502, 503, 504, 505, 506, 507, 508, 509, 510, 511, 512, 513, 514, 515, 516, 517, 518], "LargestImagePixelValue": [34803, 30927, 39108, 34932, 31304, 33889, 34202, 29939, 45484, 32912, 30795, 32406, 30585, 29903, 43306, 36071, 30781, 29781, 29941, 36344, 33990, 29897, 44517, 35104, 32227, 32761, 31330, 32759, 31791, 34526, 30896, 30148, 32436, 29741, 29568, 30089, 29584, 35419, 29945, 29645, 35674, 29840, 31026, 30763, 34937, 32784, 47713, 38073, 30085, 29779, 29936, 33330, 32511, 34557, 32704, 29927, 29762, 30845, 32334, 29965, 38146, 33896, 33440, 30764, 34418, 33120, 29939, 30530, 33138, 29782, 29829, 32892, 29916, 31288, 29984, 36019, 30181, 31507, 30602, 29953, 33107, 30180, 40253, 33867, 33057, 30417, 33747, 33843, 29990, 30767, 29920, 34572, 30225, 34000, 29920, 35205, 30299, 29901, 32578, 31406, 33297, 45141, 32918, 31812, 33202, 29938, 32694, 29837, 30023, 34161, 30117, 35948, 31519, 44591, 33203, 30162, 30164, 30000, 34000, 31899, 36088, 35173, 30144, 31269, 30233, 33608, 29852, 30185, 30146, 37535, 32269, 30033, 40951, 30217, 30027, 31039, 39114, 32444, 32298, 32938, 30019, 33693, 32752, 30169, 30163, 30298, 35177, 29920, 34011, 33614, 30211, 29826, 30052, 31835, 32102, 30140, 34459, 31076, 33867, 37129, 34356, 39781, 32656, 30889, 43811, 32920, 31810, 32333, 33918, 30036, 29983, 44009, 34501, 30590, 39564, 31230, 30428, 29952, 45005, 40179, 29985, 31415, 34891, 29820, 29762, 30028, 33476, 30089, 29985, 29875, 33166, 31147, 40787, 33612, 30143, 30998, 29976, 34982, 30118, 33401, 31495, 31564, 29867, 31936, 32661, 36504, 34755, 36355, 35250, 32658, 30700, 30003, 33051, 29804, 31651, 29872, 31983, 36891, 34727, 35268, 29992, 33110, 29951, 29951, 33281, 32082, 29759, 33427, 35085, 32123, 33524, 34845, 30053, 29800, 29935, 41698, 34327, 30006, 32674, 30074, 35296, 29883, 42716, 38845, 31014, 30013, 30063, 32209, 33870, 29969, 30042, 31863, 29876, 33392, 29929, 46829, 34139, 30954, 30572, 30259, 30044, 33960, 33441, 34506, 34917, 29770, 33057, 30069, 30141, 30613, 30232, 29910, 36010, 37640, 33928, 29896, 33060, 35476, 34668, 32387, 35300, 31903, 32639, 30174, 35226, 30193, 38795, 36038, 36229, 29933, 32293, 30280, 30477, 34393, 30021, 32544, 30106, 38604, 33242, 32472, 35807, 34291, 29722, 43449, 36796, 30240, 30795, 31421, 29701, 32197, 32992, 32397, 29907, 45294, 49307, 33798, 32035, 31425, 41793, 36095, 29726, 34057, 31472, 29874, 35289, 29775, 29906, 30423, 29636, 29871, 32341, 29632, 30360, 41880, 39159, 32718, 34657, 30757, 36923, 41513, 30231, 32876, 33989, 29810, 33611, 35138, 31615, 29735, 31333, 29720, 31576, 37543, 29815, 31304, 37434, 33961, 29722, 34776, 31719, 34147, 33802, 29601, 33666, 30062, 35139, 34625, 35022, 31736, 29704, 29612, 34353, 29880, 29748, 35540, 30681, 30777, 31662, 44245, 29878, 35408, 31191, 29826, 36186, 30413, 33014, 32885, 31183, 32658, 29751, 29588, 31986, 31798, 35591, 33097, 31196, 34017, 29852, 34124, 36832, 33368, 33110, 32834, 29724, 35828, 33207, 34945, 33978, 36030, 33788, 31400, 30547, 29411, 32360, 31959, 36218, 48178, 38058, 31209, 36112, 36260, 32587, 30693, 30904, 33152, 29843, 29653, 34061, 39264, 32835, 37782, 29967, 29718, 31283, 35696, 32713, 41734, 44996, 35724, 29833, 30097, 32639, 30001, 31778, 32176, 30352, 33822, 31891, 29812, 29882, 36395, 33283, 30283, 35509, 30177, 36800, 32595, 29810, 32587, 30259, 35249, 34476, 33696, 35114, 29733, 31012, 30031, 40652, 35190, 29976, 29888, 29943, 30338, 32290, 34653, 45243, 31447, 33294, 32590, 29705, 31314, 29946, 32281, 30064, 42000, 34477, 36455, 37736, 33038, 30222, 30068, 32668, 29883, 29999, 31502, 34085, 29712, 30474, 29944, 32841, 29912, 29817, 31618, 32258, 33512, 33472, 31548, 30158, 33528, 33095, 44117, 43023, 30976, 35372, 33797, 30022, 29829, 30199, 30456], "WindowCenter": [11230.0, 11196.0, 11212.0, 11194.0, 11181.0, 11188.0, 11186.0, 11162.0, 11202.0, 11159.0, 11154.0, 11156.0, 11153.0, 11148.0, 11184.0, 11164.0, 11150.0, 11147.0, 11143.0, 11162.0, 11148.0, 11145.0, 11181.0, 11157.0, 11144.0, 11144.0, 11132.0, 11148.0, 11147.0, 11196.0, 11159.0, 11161.0, 11165.0, 11143.0, 11139.0, 11141.0, 11131.0, 11160.0, 11147.0, 11171.0, 11180.0, 11151.0, 11158.0, 11154.0, 11169.0, 11153.0, 11190.0, 11167.0, 11140.0, 11148.0, 11142.0, 11151.0, 11147.0, 11167.0, 11152.0, 11150.0, 11158.0, 11155.0, 11161.0, 11149.0, 11175.0, 11160.0, 11156.0, 11144.0, 11146.0, 11137.0, 11140.0, 11147.0, 11160.0, 11141.0, 11149.0, 11156.0, 11145.0, 11160.0, 11149.0, 11163.0, 11148.0, 11138.0, 11138.0, 11142.0, 11164.0, 11149.0, 11180.0, 11147.0, 11149.0, 11138.0, 11153.0, 11144.0, 11132.0, 11147.0, 11136.0, 11144.0, 11137.0, 11144.0, 11154.0, 11164.0, 11151.0, 11144.0, 11156.0, 11141.0, 11155.0, 11193.0, 11142.0, 11141.0, 11152.0, 11138.0, 11158.0, 11153.0, 11143.0, 11158.0, 11157.0, 11164.0, 11142.0, 11179.0, 11154.0, 11131.0, 11131.0, 11125.0, 11140.0, 11136.0, 11162.0, 11148.0, 11136.0, 11149.0, 11130.0, 11147.0, 11134.0, 11137.0, 11148.0, 11169.0, 11133.0, 11133.0, 11158.0, 11125.0, 11141.0, 11144.0, 11160.0, 11137.0, 11143.0, 11142.0, 11127.0, 11148.0, 11132.0, 11124.0, 11120.0, 11122.0, 11133.0, 11117.0, 11140.0, 11152.0, 11139.0, 11137.0, 11146.0, 11134.0, 11139.0, 11127.0, 11163.0, 11139.0, 11138.0, 11149.0, 11143.0, 11159.0, 11143.0, 11124.0, 11161.0, 11122.0, 11118.0, 11127.0, 11120.0, 11126.0, 11128.0, 11162.0, 11138.0, 11130.0, 11199.0, 11152.0, 11128.0, 11122.0, 11170.0, 11131.0, 11090.0, 11098.0, 11111.0, 11096.0, 11108.0, 11136.0, 11140.0, 11130.0, 11129.0, 11121.0, 11141.0, 11126.0, 11160.0, 11134.0, 11122.0, 11136.0, 11123.0, 11148.0, 11129.0, 11133.0, 11131.0, 11139.0, 11133.0, 11151.0, 11149.0, 11150.0, 11143.0, 11143.0, 11127.0, 11123.0, 11116.0, 11112.0, 11132.0, 11133.0, 11133.0, 11130.0, 11145.0, 11149.0, 11132.0, 11128.0, 11113.0, 11117.0, 11116.0, 11123.0, 11140.0, 11138.0, 11119.0, 11137.0, 11136.0, 11130.0, 11137.0, 11140.0, 11135.0, 11139.0, 11139.0, 11185.0, 11150.0, 11132.0, 11134.0, 11112.0, 11136.0, 11113.0, 11154.0, 11143.0, 11110.0, 11114.0, 11126.0, 11115.0, 11142.0, 11114.0, 11122.0, 11146.0, 11125.0, 11127.0, 11124.0, 11163.0, 11133.0, 11123.0, 11115.0, 11113.0, 11122.0, 11139.0, 11134.0, 11133.0, 11134.0, 11109.0, 11126.0, 11123.0, 11121.0, 11128.0, 11133.0, 11127.0, 11150.0, 11152.0, 11130.0, 11117.0, 11138.0, 11140.0, 11131.0, 11126.0, 11130.0, 11126.0, 11113.0, 11111.0, 11125.0, 11123.0, 11128.0, 11117.0, 11117.0, 11095.0, 11121.0, 11121.0, 11115.0, 11128.0, 11119.0, 11116.0, 11113.0, 11145.0, 11131.0, 11155.0, 11170.0, 11135.0, 11121.0, 11154.0, 11125.0, 11097.0, 11098.0, 11100.0, 11101.0, 11129.0, 11135.0, 11130.0, 11121.0, 11180.0, 11194.0, 11206.0, 11152.0, 11139.0, 11177.0, 11127.0, 11103.0, 11108.0, 11087.0, 11087.0, 11102.0, 11089.0, 11100.0, 11102.0, 11105.0, 11122.0, 11135.0, 11122.0, 11126.0, 11169.0, 11159.0, 11129.0, 11135.0, 11133.0, 11137.0, 11139.0, 11108.0, 11124.0, 11127.0, 11131.0, 11138.0, 11152.0, 11123.0, 11128.0, 11136.0, 11131.0, 11144.0, 11161.0, 11121.0, 11136.0, 11137.0, 11131.0, 11120.0, 11141.0, 11131.0, 11143.0, 11137.0, 11128.0, 11140.0, 11122.0, 11130.0, 11129.0, 11139.0, 11125.0, 11123.0, 11130.0, 11134.0, 11120.0, 11133.0, 11150.0, 11127.0, 11125.0, 11136.0, 11161.0, 11112.0, 11136.0, 11125.0, 11110.0, 11127.0, 11120.0, 11123.0, 11121.0, 11125.0, 11135.0, 11115.0, 11116.0, 11148.0, 11141.0, 11139.0, 11130.0, 11123.0, 11127.0, 11119.0, 11131.0, 11142.0, 11132.0, 11144.0, 11132.0, 11114.0, 11136.0, 11127.0, 11129.0, 11126.0, 11136.0, 11103.0, 11110.0, 11136.0, 11144.0, 11168.0, 11145.0, 11139.0, 11160.0, 11127.0, 11102.0, 11115.0, 11102.0, 11090.0, 11083.0, 11087.0, 11082.0, 11083.0, 11106.0, 11136.0, 11152.0, 11128.0, 11146.0, 11120.0, 11124.0, 11121.0, 11145.0, 11136.0, 11167.0, 11162.0, 11129.0, 11108.0, 11105.0, 11115.0, 11104.0, 11122.0, 11145.0, 11114.0, 11127.0, 11126.0, 11116.0, 11115.0, 11140.0, 11136.0, 11129.0, 11138.0, 11117.0, 11144.0, 11126.0, 11113.0, 11130.0, 11131.0, 11148.0, 11132.0, 11129.0, 11124.0, 11106.0, 11115.0, 11127.0, 11162.0, 11147.0, 11118.0, 11120.0, 11119.0, 11122.0, 11130.0, 11148.0, 11166.0, 11118.0, 11137.0, 11141.0, 11132.0, 11137.0, 11134.0, 11139.0, 11133.0, 11169.0, 11138.0, 11135.0, 11134.0, 11115.0, 11096.0, 11101.0, 11114.0, 11110.0, 11122.0, 11130.0, 11133.0, 11123.0, 11124.0, 11124.0, 11134.0, 11126.0, 11133.0, 11141.0, 11140.0, 11155.0, 11205.0, 11171.0, 11154.0, 11157.0, 11149.0, 11179.0, 11157.0, 11117.0, 11137.0, 11126.0, 11112.0, 11119.0, 11138.0, 11134.0], "WindowWidth": [24213.0, 24113.0, 24152.0, 24100.0, 24060.0, 24081.0, 24069.0, 24015.0, 24112.0, 24004.0, 23988.0, 23993.0, 23977.0, 23974.0, 24071.0, 24017.0, 23980.0, 23973.0, 23959.0, 24007.0, 23975.0, 23969.0, 24062.0, 23990.0, 23959.0, 23962.0, 23935.0, 23968.0, 23974.0, 24106.0, 24002.0, 24008.0, 24010.0, 23959.0, 23951.0, 23947.0, 23929.0, 24001.0, 23979.0, 24029.0, 24057.0, 23986.0, 23996.0, 23981.0, 24018.0, 23985.0, 24087.0, 24024.0, 23952.0, 23967.0, 23950.0, 23974.0, 23963.0, 24017.0, 23983.0, 23974.0, 23998.0, 23993.0, 24006.0, 23976.0, 24043.0, 23996.0, 23987.0, 23955.0, 23966.0, 23943.0, 23945.0, 23974.0, 23998.0, 23954.0, 23978.0, 23990.0, 23959.0, 23998.0, 23973.0, 24008.0, 23963.0, 23953.0, 23943.0, 23950.0, 24012.0, 23977.0, 24050.0, 23971.0, 23974.0, 23939.0, 23987.0, 23969.0, 23936.0, 23970.0, 23946.0, 23967.0, 23943.0, 23967.0, 23983.0, 24005.0, 23969.0, 23963.0, 23985.0, 23951.0, 23982.0, 24087.0, 23963.0, 23957.0, 23982.0, 23949.0, 23992.0, 23981.0, 23965.0, 24002.0, 23985.0, 24009.0, 23958.0, 24057.0, 23983.0, 23933.0, 23933.0, 23917.0, 23949.0, 23947.0, 24006.0, 23976.0, 23944.0, 23972.0, 23930.0, 23977.0, 23939.0, 23948.0, 23967.0, 24018.0, 23937.0, 23939.0, 24001.0, 23917.0, 23951.0, 23957.0, 24008.0, 23950.0, 23962.0, 23962.0, 23921.0, 23972.0, 23935.0, 23915.0, 23904.0, 23909.0, 23937.0, 23897.0, 23956.0, 23979.0, 23948.0, 23948.0, 23962.0, 23941.0, 23947.0, 23922.0, 24001.0, 23953.0, 23948.0, 23977.0, 23962.0, 24000.0, 23955.0, 23914.0, 24002.0, 23907.0, 23898.0, 23912.0, 23904.0, 23914.0, 23917.0, 24010.0, 23948.0, 23928.0, 24118.0, 23973.0, 23918.0, 23900.0, 24023.0, 23923.0, 23819.0, 23840.0, 23873.0, 23835.0, 23868.0, 23936.0, 23950.0, 23922.0, 23918.0, 23893.0, 23937.0, 23905.0, 23999.0, 23933.0, 23901.0, 23934.0, 23903.0, 23958.0, 23916.0, 23928.0, 23924.0, 23939.0, 23916.0, 23965.0, 23960.0, 23972.0, 23953.0, 23948.0, 23909.0, 23898.0, 23888.0, 23875.0, 23930.0, 23927.0, 23930.0, 23917.0, 23950.0, 23970.0, 23924.0, 23914.0, 23874.0, 23888.0, 23880.0, 23899.0, 23952.0, 23936.0, 23893.0, 23936.0, 23937.0, 23924.0, 23941.0, 23948.0, 23937.0, 23949.0, 23947.0, 24066.0, 23975.0, 23923.0, 23933.0, 23874.0, 23923.0, 23866.0, 23986.0, 23951.0, 23872.0, 23884.0, 23901.0, 23885.0, 23944.0, 23883.0, 23904.0, 23957.0, 23912.0, 23915.0, 23909.0, 24009.0, 23928.0, 23902.0, 23885.0, 23881.0, 23906.0, 23949.0, 23935.0, 23931.0, 23932.0, 23871.0, 23907.0, 23899.0, 23902.0, 23922.0, 23934.0, 23916.0, 23973.0, 23979.0, 23923.0, 23890.0, 23948.0, 23950.0, 23925.0, 23914.0, 23921.0, 23903.0, 23879.0, 23871.0, 23907.0, 23899.0, 23916.0, 23889.0, 23887.0, 23834.0, 23895.0, 23889.0, 23881.0, 23919.0, 23890.0, 23886.0, 23882.0, 23961.0, 23927.0, 23991.0, 24030.0, 23927.0, 23894.0, 23977.0, 23902.0, 23833.0, 23836.0, 23842.0, 23843.0, 23914.0, 23932.0, 23918.0, 23895.0, 24048.0, 24092.0, 24128.0, 23973.0, 23938.0, 24029.0, 23903.0, 23846.0, 23856.0, 23805.0, 23805.0, 23844.0, 23809.0, 23846.0, 23850.0, 23853.0, 23895.0, 23929.0, 23898.0, 23907.0, 24019.0, 23992.0, 23911.0, 23928.0, 23910.0, 23926.0, 23937.0, 23860.0, 23908.0, 23911.0, 23905.0, 23937.0, 23962.0, 23900.0, 23907.0, 23930.0, 23919.0, 23957.0, 23993.0, 23896.0, 23925.0, 23937.0, 23920.0, 23894.0, 23944.0, 23922.0, 23954.0, 23934.0, 23902.0, 23930.0, 23895.0, 23918.0, 23919.0, 23943.0, 23909.0, 23893.0, 23914.0, 23933.0, 23894.0, 23924.0, 23964.0, 23908.0, 23899.0, 23922.0, 23997.0, 23872.0, 23933.0, 23899.0, 23864.0, 23914.0, 23895.0, 23899.0, 23897.0, 23907.0, 23923.0, 23882.0, 23884.0, 23956.0, 23941.0, 23942.0, 23919.0, 23902.0, 23913.0, 23894.0, 23923.0, 23947.0, 23925.0, 23943.0, 23919.0, 23877.0, 23936.0, 23912.0, 23912.0, 23908.0, 23927.0, 23847.0, 23870.0, 23931.0, 23957.0, 24008.0, 23957.0, 23940.0, 23994.0, 23908.0, 23846.0, 23876.0, 23845.0, 23814.0, 23799.0, 23796.0, 23794.0, 23797.0, 23851.0, 23932.0, 23973.0, 23907.0, 23955.0, 23889.0, 23890.0, 23889.0, 23953.0, 23929.0, 24009.0, 23997.0, 23908.0, 23857.0, 23848.0, 23872.0, 23848.0, 23890.0, 23943.0, 23873.0, 23903.0, 23902.0, 23876.0, 23875.0, 23937.0, 23929.0, 23913.0, 23931.0, 23878.0, 23950.0, 23901.0, 23871.0, 23916.0, 23918.0, 23949.0, 23919.0, 23908.0, 23896.0, 23853.0, 23877.0, 23904.0, 23993.0, 23947.0, 23883.0, 23890.0, 23886.0, 23894.0, 23914.0, 23962.0, 24009.0, 23881.0, 23933.0, 23943.0, 23921.0, 23929.0, 23923.0, 23937.0, 23923.0, 24016.0, 23934.0, 23923.0, 23920.0, 23873.0, 23826.0, 23839.0, 23875.0, 23864.0, 23894.0, 23915.0, 23919.0, 23893.0, 23897.0, 23898.0, 23924.0, 23904.0, 23924.0, 23944.0, 23939.0, 23978.0, 24118.0, 24020.0, 23971.0, 23978.0, 23959.0, 24032.0, 23981.0, 23876.0, 23927.0, 23900.0, 23866.0, 23887.0, 23939.0, 23923.0]}, "slices": {}}}