{"AcquisitionMatrixPE": 256, "AcquisitionNumber": 1, "AcquisitionTime": "17:44:50.727500", "BaseResolution": 320, "BodyPartExamined": "BRAIN", "ConsistencyInfo": "N4_VD11D_LATEST_20110129", "ConversionSoftware": "dcm2niix", "ConversionSoftwareVersion": "v1.0.20210317", "DeviceSerialNumber": "45239", "DwellTime": 3.9e-06, "EchoTime": 0.00374, "FlipAngle": 90, "ImageOrientationPatientDICOM": [1, -2.00164e-10, 4.47419e-11, 2.05103e-10, 0.975917, -0.218143], "ImageType": ["ORIGINAL", "PRIMARY", "M", "ND", "NORM"], "ImagingFrequency": 123.194, "InPlanePhaseEncodingDirectionDICOM": "ROW", "InstitutionAddress": "E 24th St. 100,Austin,Southmiddle,US,78712", "InstitutionName": "Univ of Texas at Austin", "InstitutionalDepartmentName": "IRC", "MRAcquisitionType": "2D", "MagneticFieldStrength": 3, "Manufacturer": "Siemens", "ManufacturersModelName": "Skyra", "Modality": "MR", "NumberOfAverages": 2, "PartialFourier": 1, "PatientPosition": "HFS", "PercentPhaseFOV": 100, "PercentSampling": 80, "PhaseEncodingDirection": "i", "PhaseEncodingSteps": 308, "PhaseOversampling": 0.2, "PhaseResolution": 0.8, "PixelBandwidth": 400, "ProcedureStepDescription": "Luci^TBI", "ProtocolName": "t1_fl2d_tra", "PulseSequenceDetails": "%SiemensSeq%\\gre", "ReceiveCoilActiveElements": "HEA;HEP", "ReceiveCoilName": "Head_32", "ReconMatrixPE": 320, "RepetitionTime": 0.15, "SAR": 0.412945, "ScanningSequence": "GR", "SequenceName": "*fl2d1r", "SequenceVariant": "SP\\OSP", "SeriesDescription": "t1_fl2d_tra", "SeriesNumber": 9, "ShimSetting": [-2778, 8011, -15926, -121, -142, -90, -19, -21], "SliceThickness": 3, "SliceTiming": [0.07812, 0, 0.09375, 0.01562, 0.09375, 0.03125, 0.10938, 0.04688, 0.125, 0.0625], "SoftwareVersions": "syngo MR D11", "SpacingBetweenSlices": 9, "StationName": "AWP45239", "TxRefAmp": 328.197, "dcmmeta_affine": [[-0.6875, 1.4100859369037266e-10, 0.0, 113.0266342163086], [1.3761268513601266e-10, 0.6709427833557129, -1.9632892608642578, -113.5835952758789], [3.076005769542256e-11, 0.14997348189353943, 8.783256530761719, -28.26150131225586], [0.0, 0.0, 0.0, 1.0]], "dcmmeta_reorient_transform": [[0.0, -1.0, 0.0, 319.0], [1.0, 0.0, 0.0, 0.0], [0.0, 0.0, -1.0, 9.0], [0.0, 0.0, 0.0, 1.0]], "dcmmeta_shape": [320, 320, 10], "dcmmeta_slice_dim": 2, "dcmmeta_version": 0.6, "global": {"const": {"AcquisitionMatrix": [0, 320, 256, 0], "AcquisitionNumber": 1, "AngioFlag": "N", "BitsAllocated": 16, "BitsStored": 12, "BodyPartExamined": "BRAIN", "Columns": 320, "EchoNumbers": 1, "EchoTime": 3.74, "EchoTrainLength": 1, "FlipAngle": 90.0, "HighBit": 11, "ImageOrientationPatient": [1.0, -2.001639e-10, 4.47419e-11, 2.051034e-10, 0.97591676268708, -0.2181432380487], "ImageType": ["ORIGINAL", "PRIMARY", "M", "ND", "NORM"], "ImagedNucleus": "1H", "ImagingFrequency": 123.193718, "InPlanePhaseEncodingDirection": "ROW", "MRAcquisitionType": "2D", "MagneticFieldStrength": 3.0, "Manufacturer": "SIEMENS", "ManufacturerModelName": "Skyra", "Modality": "MR", "NumberOfAverages": 2.0, "NumberOfPhaseEncodingSteps": 308, "PercentPhaseFieldOfView": 100.0, "PercentSampling": 80.0, "PerformedProcedureStepStartTime": "172058.703000", "PhotometricInterpretation": "MONOCHROME2", "PixelBandwidth": 400.0, "PixelRepresentation": 0, "PixelSpacing": [0.6875, 0.6875], "ProtocolName": "t1_fl2d_tra", "RepetitionTime": 150.0, "Rows": 320, "SAR": 0.41294539157161, "SamplesPerPixel": 1, "ScanningSequence": "GR", "SequenceName": "*fl2d1r", "SequenceVariant": ["SP", "OSP"], "SeriesDescription": "t1_fl2d_tra", "SeriesNumber": 9, "SeriesTime": "174623.937000", "SliceThickness": 3.0, "SmallestImagePixelValue": 0, "SoftwareVersions": "syngo MR D11", "SpacingBetweenSlices": 9.0, "SpecificCharacterSet": "ISO_IR 100", "StudyID": "1", "StudyTime": "172058.671000", "TransmitCoilName": "Body", "VariableFlipAngleFlag": "N", "WindowCenterWidthExplanation": "Algo1", "dBdt": 0.0}, "slices": {"AcquisitionTime": ["174450.727500", "174450.652500", "174450.742500", "174450.667500", "174450.757500", "174450.682500", "174450.772500", "174450.697500", "174450.787500", "174450.712500"], "ContentTime": ["174623.937000", "174623.937000", "174623.953000", "174623.937000", "174623.953000", "174623.937000", "174623.953000", "174623.937000", "174623.953000", "174623.937000"], "CsaImage.ICE_Dims": ["X_1_1_1_1_1_1_6_1_1_1_1_560", "X_1_1_1_1_1_1_1_1_1_2_1_560", "X_1_1_1_1_1_1_7_1_1_3_1_560", "X_1_1_1_1_1_1_2_1_1_4_1_560", "X_1_1_1_1_1_1_8_1_1_5_1_560", "X_1_1_1_1_1_1_3_1_1_6_1_560", "X_1_1_1_1_1_1_9_1_1_7_1_560", "X_1_1_1_1_1_1_4_1_1_8_1_560", "X_1_1_1_1_1_1_10_1_1_9_1_560", "X_1_1_1_1_1_1_5_1_1_10_1_560"], "CsaImage.ProtocolSliceNumber": [0, 1, 2, 3, 4, 5, 6, 7, 8, 9], "CsaImage.SlicePosition_PCS": [[-113.02663448, -100.44714638, 19.58008626], [-113.02663448, -98.4838576, 28.36333707], [-113.02663448, -96.52056834, 37.14658836], [-113.02663448, -94.55727908, 45.92983821], [-113.02663448, -92.59398982, 54.71308902], [-113.02663448, -90.6306996, 63.49633983], [-113.02663448, -88.66741225, 72.27959255], [-113.02663448, -86.70412299, 81.06284145], [-113.02663448, -84.74083373, 89.84609035], [-113.02663448, -82.77754447, 98.62934688]], "ImagePositionPatient": [[-113.02663447729, -100.44714638287, 19.580086262373], [-113.02663447729, -98.483857598842, 28.363337071089], [-113.02663447729, -96.520568337977, 37.146588356642], [-113.02663447729, -94.557279077113, 45.929838211683], [-113.02663447729, -92.593989816249, 54.713089020399], [-113.02663447729, -90.63069960171, 63.496339829115], [-113.02663447729, -88.667412248195, 72.279592545179], [-113.02663447729, -86.70412298733, 81.062841446546], [-113.02663447729, -84.740833726466, 89.846090347914], [-113.02663447729, -82.777544465602, 98.629346878675]], "InstanceCreationTime": ["174623.937000", "174623.937000", "174623.953000", "174623.937000", "174623.953000", "174623.937000", "174623.953000", "174623.937000", "174623.953000", "174623.937000"], "InstanceNumber": [1, 2, 3, 4, 5, 6, 7, 8, 9, 10], "LargestImagePixelValue": [1861, 999, 1419, 800, 730, 844, 881, 825, 697, 758], "SliceLocation": [-2.8033313664, 6.196668501283, 15.196668938338, 24.196667979333, 33.196667951035, 42.196668130774, 51.196669547814, 60.196667658103, 69.196665768391, 78.196671324333], "WindowCenter": [438.0, 423.0, 398.0, 412.0, 409.0, 409.0, 400.0, 389.0, 412.0, 395.0], "WindowWidth": [908.0, 826.0, 707.0, 732.0, 726.0, 725.0, 711.0, 691.0, 806.0, 807.0]}}}