{"AcquisitionMatrixPE": 256, "AcquisitionNumber": 1, "AcquisitionTime": "17:35:38.170000", "BaseResolution": 256, "BodyPartExamined": "BRAIN", "ConsistencyInfo": "N4_VD11D_LATEST_20110129", "ConversionSoftware": "dcm2niix", "ConversionSoftwareVersion": "v1.0.20210317", "DeviceSerialNumber": "45239", "DwellTime": 3.4e-06, "EchoTime": 0.56, "EchoTrainLength": 292, "FlipAngle": 120, "ImageOrientationPatientDICOM": [0.0182636, 0.999794, 0.00885088, 0.0540204, 0.00785269, -0.998509], "ImageType": ["ORIGINAL", "PRIMARY", "M", "ND", "NORM"], "ImagingFrequency": 123.194, "InPlanePhaseEncodingDirectionDICOM": "ROW", "InstitutionAddress": "E 24th St. 100,Austin,Southmiddle,US,78712", "InstitutionName": "Univ of Texas at Austin", "InstitutionalDepartmentName": "IRC", "MRAcquisitionType": "3D", "MagneticFieldStrength": 3, "Manufacturer": "Siemens", "ManufacturersModelName": "Skyra", "Modality": "MR", "ParallelReductionFactorInPlane": 2, "PartialFourier": 1, "PatientPosition": "HFS", "PercentPhaseFOV": 100, "PercentSampling": 100, "PhaseEncodingDirection": "i", "PhaseEncodingSteps": 260, "PhaseOversampling": 0.1, "PhaseResolution": 1, "PixelBandwidth": 575, "ProcedureStepDescription": "Poldrack2^self-scanning", "ProtocolName": "T2w_SPC1_PMC", "PulseSequenceDetails": "%SiemensSeq%\\tse_vfl", "ReceiveCoilActiveElements": "HEA;HEP", "ReceiveCoilName": "Head_32", "ReconMatrixPE": 256, "RefLinesPE": 32, "RepetitionTime": 3.2, "SAR": 0.153042, "ScanOptions": "PFP", "ScanningSequence": "SE", "SequenceName": "*spc3d1_314ns", "SequenceVariant": "SK\\SP\\OSP", "SeriesDescription": "T2w_SPC1_PMC", "SeriesNumber": 11, "ShimSetting": [-2774, 8004, -15518, 101, -135, -91, 166, -98], "SliceThickness": 0.8, "SoftwareVersions": "syngo MR D11", "StationName": "AWP45239", "TxRefAmp": 334.612, "dcmmeta_affine": [[0.7986982464790344, 0.01462516002357006, 0.04325852915644646, -106.3069839477539], [-0.01497160829603672, 0.8006163239479065, 0.006288289092481136, -112.39152526855469], [-0.04309269040822983, -0.0070876190438866615, 0.7995872497558594, -85.36328125], [0.0, 0.0, 0.0, 1.0]], "dcmmeta_reorient_transform": [[0.0, 0.0, -1.0, 255.0], [0.0, -1.0, 0.0, 255.0], [-1.0, 0.0, 0.0, 255.0], [0.0, 0.0, 0.0, 1.0]], "dcmmeta_shape": [256, 256, 256], "dcmmeta_slice_dim": 0, "dcmmeta_version": 0.6, "global": {"const": {"AcquisitionMatrix": [0, 256, 256, 0], "AcquisitionNumber": 1, "AcquisitionTime": "173538.170000", "AngioFlag": "N", "BitsAllocated": 16, "BitsStored": 12, "BodyPartExamined": "BRAIN", "Columns": 256, "EchoNumbers": 1, "EchoTime": 560.0, "EchoTrainLength": 292, "FlipAngle": 120.0, "HighBit": 11, "ImageOrientationPatient": [0.01826361411107, 0.99979402994813, 0.00885088016416, 0.05402040631312, 0.00785269265786, -0.9985089538506], "ImageType": ["ORIGINAL", "PRIMARY", "M", "ND", "NORM"], "ImagedNucleus": "1H", "ImagingFrequency": 123.193501, "InPlanePhaseEncodingDirection": "ROW", "MRAcquisitionType": "3D", "MagneticFieldStrength": 3.0, "Manufacturer": "SIEMENS", "ManufacturerModelName": "Skyra", "Modality": "MR", "NumberOfAverages": 1.0, "NumberOfPhaseEncodingSteps": 260, "PercentPhaseFieldOfView": 100.0, "PercentSampling": 100.0, "PerformedProcedureStepStartTime": "170745.906000", "PhotometricInterpretation": "MONOCHROME2", "PixelBandwidth": 575.0, "PixelRepresentation": 0, "PixelSpacing": [0.80078125, 0.80078125], "ProtocolName": "T2w_SPC1_PMC", "RepetitionTime": 3200.0, "Rows": 256, "SAR": 0.15304186702843, "SamplesPerPixel": 1, "ScanOptions": "PFP", "ScanningSequence": "SE", "SequenceName": "*spc3d1_314ns", "SequenceVariant": ["SK", "SP", "OSP"], "SeriesDescription": "T2w_SPC1_PMC", "SeriesNumber": 11, "SeriesTime": "174232.468000", "SliceThickness": 0.80000001192093, "SmallestImagePixelValue": 0, "SoftwareVersions": "syngo MR D11", "SpecificCharacterSet": "ISO_IR 100", "StudyID": "1", "StudyTime": "170745.859000", "TransmitCoilName": "Body", "VariableFlipAngleFlag": "Y", "WindowCenterWidthExplanation": "Algo1", "dBdt": 0.0}, "slices": {"ContentTime": ["174241.078000", "174241.078000", "174241.062000", "174241.062000", "174241.062000", "174241.062000", "174241.062000", "174241.062000", "174241.062000", "174241.062000", "174241.046000", "174241.046000", "174241.046000", "174241.046000", "174241.046000", "174241.031000", "174241.031000", "174241.031000", "174241.031000", "174241.031000", "174241.031000", "174241.031000", "174241.031000", "174241.015000", "174241.015000", "174241.015000", "174241.015000", "174241.015000", "174241.015000", "174241.015000", "174241.015000", "174241.015000", "174241.000000", "174241.000000", "174241.000000", "174241.000000", "174240.984000", "174240.984000", "174240.984000", "174240.984000", "174240.984000", "174240.984000", "174240.984000", "174240.984000", "174240.968000", "174240.968000", "174240.968000", "174240.968000", "174240.968000", "174240.968000", "174240.968000", "174240.968000", "174240.968000", "174240.953000", "174240.953000", "174240.953000", "174240.953000", "174240.953000", "174240.953000", "174240.953000", "174240.953000", "174240.937000", "174240.937000", "174240.937000", "174240.937000", "174240.937000", "174240.937000", "174240.921000", "174240.921000", "174240.921000", "174240.906000", "174240.906000", "174240.906000", "174240.906000", "174240.906000", "174240.906000", "174240.906000", "174240.906000", "174240.890000", "174240.890000", "174240.890000", "174240.890000", "174240.890000", "174240.890000", "174240.890000", "174240.890000", "174240.875000", "174240.875000", "174240.875000", "174240.875000", "174240.875000", "174240.875000", "174240.875000", "174240.859000", "174240.859000", "174240.859000", "174240.859000", "174240.859000", "174240.859000", "174240.859000", "174240.859000", "174240.843000", "174240.843000", "174240.843000", "174240.843000", "174240.843000", "174240.843000", "174240.828000", "174240.828000", "174240.828000", "174240.828000", "174240.828000", "174240.828000", "174240.828000", "174240.828000", "174240.812000", "174240.812000", "174240.812000", "174240.812000", "174240.812000", "174240.812000", "174240.796000", "174240.796000", "174240.796000", "174240.796000", "174240.796000", "174240.796000", "174240.796000", "174240.796000", "174240.796000", "174240.781000", "174240.781000", "174240.781000", "174240.781000", "174240.781000", "174240.781000", "174240.781000", "174240.781000", "174240.765000", "174240.765000", "174240.765000", "174240.765000", "174240.765000", "174240.765000", "174240.765000", "174240.765000", "174240.750000", "174240.750000", "174240.750000", "174240.750000", "174240.750000", "174240.750000", "174240.750000", "174240.750000", "174240.734000", "174240.734000", "174240.734000", "174240.734000", "174240.734000", "174240.734000", "174240.718000", "174240.718000", "174240.718000", "174240.718000", "174240.718000", "174240.718000", "174240.718000", "174240.718000", "174240.703000", "174240.703000", "174240.703000", "174240.703000", "174240.703000", "174240.703000", "174240.703000", "174240.687000", "174240.687000", "174240.687000", "174240.687000", "174240.687000", "174240.687000", "174240.687000", "174240.687000", "174240.671000", "174232.640000", "174232.640000", "174232.640000", "174232.640000", "174232.640000", "174232.625000", "174232.625000", "174232.609000", "174232.609000", "174232.609000", "174232.609000", "174232.609000", "174232.609000", "174232.609000", "174232.609000", "174232.593000", "174232.593000", "174232.593000", "174232.593000", "174232.593000", "174232.593000", "174232.593000", "174232.578000", "174232.578000", "174232.578000", "174232.578000", "174232.578000", "174232.562000", "174232.562000", "174232.562000", "174232.562000", "174232.562000", "174232.562000", "174232.562000", "174232.546000", "174232.546000", "174232.546000", "174232.546000", "174232.546000", "174232.546000", "174232.546000", "174232.531000", "174232.531000", "174232.531000", "174232.531000", "174232.531000", "174232.515000", "174232.515000", "174232.515000", "174232.515000", "174232.515000", "174232.500000", "174232.500000", "174232.500000", "174232.500000", "174232.500000", "174232.500000", "174232.500000", "174232.500000", "174232.484000", "174232.484000", "174232.484000", "174232.484000", "174232.484000", "174232.484000", "174232.484000", "174232.484000", "174232.468000", "174232.468000", "174232.468000", "174232.468000", "174232.468000"], "CsaImage.Actual3DImaPartNumber": [255, 254, 253, 252, 251, 250, 249, 248, 247, 246, 245, 244, 243, 242, 241, 240, 239, 238, 237, 236, 235, 234, 233, 232, 231, 230, 229, 228, 227, 226, 225, 224, 223, 222, 221, 220, 219, 218, 217, 216, 215, 214, 213, 212, 211, 210, 209, 208, 207, 206, 205, 204, 203, 202, 201, 200, 199, 198, 197, 196, 195, 194, 193, 192, 191, 190, 189, 188, 187, 186, 185, 184, 183, 182, 181, 180, 179, 178, 177, 176, 175, 174, 173, 172, 171, 170, 169, 168, 167, 166, 165, 164, 163, 162, 161, 160, 159, 158, 157, 156, 155, 154, 153, 152, 151, 150, 149, 148, 147, 146, 145, 144, 143, 142, 141, 140, 139, 138, 137, 136, 135, 134, 133, 132, 131, 130, 129, 128, 127, 126, 125, 124, 123, 122, 121, 120, 119, 118, 117, 116, 115, 114, 113, 112, 111, 110, 109, 108, 107, 106, 105, 104, 103, 102, 101, 100, 99, 98, 97, 96, 95, 94, 93, 92, 91, 90, 89, 88, 87, 86, 85, 84, 83, 82, 81, 80, 79, 78, 77, 76, 75, 74, 73, 72, 71, 70, 69, 68, 67, 66, 65, 64, 63, 62, 61, 60, 59, 58, 57, 56, 55, 54, 53, 52, 51, 50, 49, 48, 47, 46, 45, 44, 43, 42, 41, 40, 39, 38, 37, 36, 35, 34, 33, 32, 31, 30, 29, 28, 27, 26, 25, 24, 23, 22, 21, 20, 19, 18, 17, 16, 15, 14, 13, 12, 11, 10, 9, 8, 7, 6, 5, 4, 3, 2, 1, 0], "CsaImage.GSWDDataType": ["measured", "measured", "measured", "measured", "measured", "measured", "measured", "measured", "measured", "measured", "measured", "measured", "measured", "measured", "measured", "measured", "measured", "measured", "measured", "measured", "measured", "measured", "measured", "measured", "measured", "measured", "measured", "measured", "measured", "measured", "measured", "measured", "measured", "measured", "measured", "measured", "measured", "measured", "measured", "measured", "measured", "measured", "measured", "measured", "measured", "measured", "measured", "measured", "measured", "measured", "measured", "measured", "measured", "measured", "measured", "measured", "measured", "measured", "measured", "measured", "measured", "measured", "measured", "measured", "measured", "measured", "measured", "measured", "measured", "measured", "measured", "measured", "measured", "measured", "measured", "measured", "measured", "measured", "measured", "measured", "measured", "measured", "measured", "measured", "measured", "measured", "measured", "measured", "measured", "measured", "measured", "measured", "measured", "measured", "measured", "measured", "measured", "measured", "measured", "measured", "measured", "measured", "measured", "measured", "measured", "measured", "measured", "measured", "measured", "measured", "measured", "measured", "measured", "measured", "measured", "measured", "measured", "measured", "measured", "measured", "measured", "measured", "measured", "measured", "measured", "measured", "measured", "measured", "measured", "measured", "measured", "measured", "measured", "measured", "measured", "measured", "measured", "measured", "measured", "measured", "measured", "measured", "measured", "measured", "measured", "measured", "measured", "measured", "measured", "measured", "measured", "measured", "measured", "measured", "measured", "measured", "measured", "measured", "measured", "measured", "measured", "measured", "measured", "measured", "measured", "measured", "measured", "measured", "measured", "measured", "measured", "measured", "measured", "measured", "measured", "measured", "measured", "measured", "measured", "measured", "measured", "measured", "measured", "measured", "measured", "measured", "measured", "measured", "measured", "measured", "measured", "measured", "measured", "measured", "measured", "measured", "measured", "measured", "measured", "measured", "measured", "measured", "measured", "measured", "measured", "measured", "measured", "measured", "measured", "measured", "measured", "measured", "measured", "measured", "measured", "measured", "measured", "measured", "measured", "measured", "measured", "measured", "measured", "measured", "measured", "measured", "measured", "measured", "measured", "measured", "measured", "measured", "measured", "measured", "measured", "measured", "measured", "measured", "measured", "measured", "measured", "measured", "measured", "measured", "measured", "measured", "measured", "measured", "measured", "measured", "measured", "measured", "predicted", "predicted", "predicted", "predicted"], "CsaImage.ICE_Dims": ["X_1_1_1_1_1_256_1_1_1_1_1_76", "X_1_1_1_1_1_255_1_1_1_1_1_76", "X_1_1_1_1_1_254_1_1_1_1_1_76", "X_1_1_1_1_1_253_1_1_1_1_1_76", "X_1_1_1_1_1_252_1_1_1_1_1_76", "X_1_1_1_1_1_251_1_1_1_1_1_76", "X_1_1_1_1_1_250_1_1_1_1_1_76", "X_1_1_1_1_1_249_1_1_1_1_1_76", "X_1_1_1_1_1_248_1_1_1_1_1_76", "X_1_1_1_1_1_247_1_1_1_1_1_76", "X_1_1_1_1_1_246_1_1_1_1_1_76", "X_1_1_1_1_1_245_1_1_1_1_1_76", "X_1_1_1_1_1_244_1_1_1_1_1_76", "X_1_1_1_1_1_243_1_1_1_1_1_76", "X_1_1_1_1_1_242_1_1_1_1_1_76", "X_1_1_1_1_1_241_1_1_1_1_1_76", "X_1_1_1_1_1_240_1_1_1_1_1_76", "X_1_1_1_1_1_239_1_1_1_1_1_76", "X_1_1_1_1_1_238_1_1_1_1_1_76", "X_1_1_1_1_1_237_1_1_1_1_1_76", "X_1_1_1_1_1_236_1_1_1_1_1_76", "X_1_1_1_1_1_235_1_1_1_1_1_76", "X_1_1_1_1_1_234_1_1_1_1_1_76", "X_1_1_1_1_1_233_1_1_1_1_1_76", "X_1_1_1_1_1_232_1_1_1_1_1_76", "X_1_1_1_1_1_231_1_1_1_1_1_76", "X_1_1_1_1_1_230_1_1_1_1_1_76", "X_1_1_1_1_1_229_1_1_1_1_1_76", "X_1_1_1_1_1_228_1_1_1_1_1_76", "X_1_1_1_1_1_227_1_1_1_1_1_76", "X_1_1_1_1_1_226_1_1_1_1_1_76", "X_1_1_1_1_1_225_1_1_1_1_1_76", "X_1_1_1_1_1_224_1_1_1_1_1_76", "X_1_1_1_1_1_223_1_1_1_1_1_76", "X_1_1_1_1_1_222_1_1_1_1_1_76", "X_1_1_1_1_1_221_1_1_1_1_1_76", "X_1_1_1_1_1_220_1_1_1_1_1_76", "X_1_1_1_1_1_219_1_1_1_1_1_76", "X_1_1_1_1_1_218_1_1_1_1_1_76", "X_1_1_1_1_1_217_1_1_1_1_1_76", "X_1_1_1_1_1_216_1_1_1_1_1_76", "X_1_1_1_1_1_215_1_1_1_1_1_76", "X_1_1_1_1_1_214_1_1_1_1_1_76", "X_1_1_1_1_1_213_1_1_1_1_1_76", "X_1_1_1_1_1_212_1_1_1_1_1_76", "X_1_1_1_1_1_211_1_1_1_1_1_76", "X_1_1_1_1_1_210_1_1_1_1_1_76", "X_1_1_1_1_1_209_1_1_1_1_1_76", "X_1_1_1_1_1_208_1_1_1_1_1_76", "X_1_1_1_1_1_207_1_1_1_1_1_76", "X_1_1_1_1_1_206_1_1_1_1_1_76", "X_1_1_1_1_1_205_1_1_1_1_1_76", "X_1_1_1_1_1_204_1_1_1_1_1_76", "X_1_1_1_1_1_203_1_1_1_1_1_76", "X_1_1_1_1_1_202_1_1_1_1_1_76", "X_1_1_1_1_1_201_1_1_1_1_1_76", "X_1_1_1_1_1_200_1_1_1_1_1_76", "X_1_1_1_1_1_199_1_1_1_1_1_76", "X_1_1_1_1_1_198_1_1_1_1_1_76", "X_1_1_1_1_1_197_1_1_1_1_1_76", "X_1_1_1_1_1_196_1_1_1_1_1_76", "X_1_1_1_1_1_195_1_1_1_1_1_76", "X_1_1_1_1_1_194_1_1_1_1_1_76", "X_1_1_1_1_1_193_1_1_1_1_1_76", "X_1_1_1_1_1_192_1_1_1_1_1_76", "X_1_1_1_1_1_191_1_1_1_1_1_76", "X_1_1_1_1_1_190_1_1_1_1_1_76", "X_1_1_1_1_1_189_1_1_1_1_1_76", "X_1_1_1_1_1_188_1_1_1_1_1_76", "X_1_1_1_1_1_187_1_1_1_1_1_76", "X_1_1_1_1_1_186_1_1_1_1_1_76", "X_1_1_1_1_1_185_1_1_1_1_1_76", "X_1_1_1_1_1_184_1_1_1_1_1_76", "X_1_1_1_1_1_183_1_1_1_1_1_76", "X_1_1_1_1_1_182_1_1_1_1_1_76", "X_1_1_1_1_1_181_1_1_1_1_1_76", "X_1_1_1_1_1_180_1_1_1_1_1_76", "X_1_1_1_1_1_179_1_1_1_1_1_76", "X_1_1_1_1_1_178_1_1_1_1_1_76", "X_1_1_1_1_1_177_1_1_1_1_1_76", "X_1_1_1_1_1_176_1_1_1_1_1_76", "X_1_1_1_1_1_175_1_1_1_1_1_76", "X_1_1_1_1_1_174_1_1_1_1_1_76", "X_1_1_1_1_1_173_1_1_1_1_1_76", "X_1_1_1_1_1_172_1_1_1_1_1_76", "X_1_1_1_1_1_171_1_1_1_1_1_76", "X_1_1_1_1_1_170_1_1_1_1_1_76", "X_1_1_1_1_1_169_1_1_1_1_1_76", "X_1_1_1_1_1_168_1_1_1_1_1_76", "X_1_1_1_1_1_167_1_1_1_1_1_76", "X_1_1_1_1_1_166_1_1_1_1_1_76", "X_1_1_1_1_1_165_1_1_1_1_1_76", "X_1_1_1_1_1_164_1_1_1_1_1_76", "X_1_1_1_1_1_163_1_1_1_1_1_76", "X_1_1_1_1_1_162_1_1_1_1_1_76", "X_1_1_1_1_1_161_1_1_1_1_1_76", "X_1_1_1_1_1_160_1_1_1_1_1_76", "X_1_1_1_1_1_159_1_1_1_1_1_76", "X_1_1_1_1_1_158_1_1_1_1_1_76", "X_1_1_1_1_1_157_1_1_1_1_1_76", "X_1_1_1_1_1_156_1_1_1_1_1_76", "X_1_1_1_1_1_155_1_1_1_1_1_76", "X_1_1_1_1_1_154_1_1_1_1_1_76", "X_1_1_1_1_1_153_1_1_1_1_1_76", "X_1_1_1_1_1_152_1_1_1_1_1_76", "X_1_1_1_1_1_151_1_1_1_1_1_76", "X_1_1_1_1_1_150_1_1_1_1_1_76", "X_1_1_1_1_1_149_1_1_1_1_1_76", "X_1_1_1_1_1_148_1_1_1_1_1_76", "X_1_1_1_1_1_147_1_1_1_1_1_76", "X_1_1_1_1_1_146_1_1_1_1_1_76", "X_1_1_1_1_1_145_1_1_1_1_1_76", "X_1_1_1_1_1_144_1_1_1_1_1_76", "X_1_1_1_1_1_143_1_1_1_1_1_76", "X_1_1_1_1_1_142_1_1_1_1_1_76", "X_1_1_1_1_1_141_1_1_1_1_1_76", "X_1_1_1_1_1_140_1_1_1_1_1_76", "X_1_1_1_1_1_139_1_1_1_1_1_76", "X_1_1_1_1_1_138_1_1_1_1_1_76", "X_1_1_1_1_1_137_1_1_1_1_1_76", "X_1_1_1_1_1_136_1_1_1_1_1_76", "X_1_1_1_1_1_135_1_1_1_1_1_76", "X_1_1_1_1_1_134_1_1_1_1_1_76", "X_1_1_1_1_1_133_1_1_1_1_1_76", "X_1_1_1_1_1_132_1_1_1_1_1_76", "X_1_1_1_1_1_131_1_1_1_1_1_76", "X_1_1_1_1_1_130_1_1_1_1_1_76", "X_1_1_1_1_1_129_1_1_1_1_1_76", "X_1_1_1_1_1_128_1_1_1_1_1_76", "X_1_1_1_1_1_127_1_1_1_1_1_76", "X_1_1_1_1_1_126_1_1_1_1_1_76", "X_1_1_1_1_1_125_1_1_1_1_1_76", "X_1_1_1_1_1_124_1_1_1_1_1_76", "X_1_1_1_1_1_123_1_1_1_1_1_76", "X_1_1_1_1_1_122_1_1_1_1_1_76", "X_1_1_1_1_1_121_1_1_1_1_1_76", "X_1_1_1_1_1_120_1_1_1_1_1_76", "X_1_1_1_1_1_119_1_1_1_1_1_76", "X_1_1_1_1_1_118_1_1_1_1_1_76", "X_1_1_1_1_1_117_1_1_1_1_1_76", "X_1_1_1_1_1_116_1_1_1_1_1_76", "X_1_1_1_1_1_115_1_1_1_1_1_76", "X_1_1_1_1_1_114_1_1_1_1_1_76", "X_1_1_1_1_1_113_1_1_1_1_1_76", "X_1_1_1_1_1_112_1_1_1_1_1_76", "X_1_1_1_1_1_111_1_1_1_1_1_76", "X_1_1_1_1_1_110_1_1_1_1_1_76", "X_1_1_1_1_1_109_1_1_1_1_1_76", "X_1_1_1_1_1_108_1_1_1_1_1_76", "X_1_1_1_1_1_107_1_1_1_1_1_76", "X_1_1_1_1_1_106_1_1_1_1_1_76", "X_1_1_1_1_1_105_1_1_1_1_1_76", "X_1_1_1_1_1_104_1_1_1_1_1_76", "X_1_1_1_1_1_103_1_1_1_1_1_76", "X_1_1_1_1_1_102_1_1_1_1_1_76", "X_1_1_1_1_1_101_1_1_1_1_1_76", "X_1_1_1_1_1_100_1_1_1_1_1_76", "X_1_1_1_1_1_99_1_1_1_1_1_76", "X_1_1_1_1_1_98_1_1_1_1_1_76", "X_1_1_1_1_1_97_1_1_1_1_1_76", "X_1_1_1_1_1_96_1_1_1_1_1_76", "X_1_1_1_1_1_95_1_1_1_1_1_76", "X_1_1_1_1_1_94_1_1_1_1_1_76", "X_1_1_1_1_1_93_1_1_1_1_1_76", "X_1_1_1_1_1_92_1_1_1_1_1_76", "X_1_1_1_1_1_91_1_1_1_1_1_76", "X_1_1_1_1_1_90_1_1_1_1_1_76", "X_1_1_1_1_1_89_1_1_1_1_1_76", "X_1_1_1_1_1_88_1_1_1_1_1_76", "X_1_1_1_1_1_87_1_1_1_1_1_76", "X_1_1_1_1_1_86_1_1_1_1_1_76", "X_1_1_1_1_1_85_1_1_1_1_1_76", "X_1_1_1_1_1_84_1_1_1_1_1_76", "X_1_1_1_1_1_83_1_1_1_1_1_76", "X_1_1_1_1_1_82_1_1_1_1_1_76", "X_1_1_1_1_1_81_1_1_1_1_1_76", "X_1_1_1_1_1_80_1_1_1_1_1_76", "X_1_1_1_1_1_79_1_1_1_1_1_76", "X_1_1_1_1_1_78_1_1_1_1_1_76", "X_1_1_1_1_1_77_1_1_1_1_1_76", "X_1_1_1_1_1_76_1_1_1_1_1_76", "X_1_1_1_1_1_75_1_1_1_1_1_76", "X_1_1_1_1_1_74_1_1_1_1_1_76", "X_1_1_1_1_1_73_1_1_1_1_1_76", "X_1_1_1_1_1_72_1_1_1_1_1_76", "X_1_1_1_1_1_71_1_1_1_1_1_76", "X_1_1_1_1_1_70_1_1_1_1_1_76", "X_1_1_1_1_1_69_1_1_1_1_1_76", "X_1_1_1_1_1_68_1_1_1_1_1_76", "X_1_1_1_1_1_67_1_1_1_1_1_76", "X_1_1_1_1_1_66_1_1_1_1_1_76", "X_1_1_1_1_1_65_1_1_1_1_1_76", "X_1_1_1_1_1_64_1_1_1_1_1_76", "X_1_1_1_1_1_63_1_1_1_1_1_76", "X_1_1_1_1_1_62_1_1_1_1_1_76", "X_1_1_1_1_1_61_1_1_1_1_1_76", "X_1_1_1_1_1_60_1_1_1_1_1_76", "X_1_1_1_1_1_59_1_1_1_1_1_76", "X_1_1_1_1_1_58_1_1_1_1_1_76", "X_1_1_1_1_1_57_1_1_1_1_1_76", "X_1_1_1_1_1_56_1_1_1_1_1_76", "X_1_1_1_1_1_55_1_1_1_1_1_76", "X_1_1_1_1_1_54_1_1_1_1_1_76", "X_1_1_1_1_1_53_1_1_1_1_1_76", "X_1_1_1_1_1_52_1_1_1_1_1_76", "X_1_1_1_1_1_51_1_1_1_1_1_76", "X_1_1_1_1_1_50_1_1_1_1_1_76", "X_1_1_1_1_1_49_1_1_1_1_1_76", "X_1_1_1_1_1_48_1_1_1_1_1_76", "X_1_1_1_1_1_47_1_1_1_1_1_76", "X_1_1_1_1_1_46_1_1_1_1_1_76", "X_1_1_1_1_1_45_1_1_1_1_1_76", "X_1_1_1_1_1_44_1_1_1_1_1_76", "X_1_1_1_1_1_43_1_1_1_1_1_76", "X_1_1_1_1_1_42_1_1_1_1_1_76", "X_1_1_1_1_1_41_1_1_1_1_1_76", "X_1_1_1_1_1_40_1_1_1_1_1_76", "X_1_1_1_1_1_39_1_1_1_1_1_76", "X_1_1_1_1_1_38_1_1_1_1_1_76", "X_1_1_1_1_1_37_1_1_1_1_1_76", "X_1_1_1_1_1_36_1_1_1_1_1_76", "X_1_1_1_1_1_35_1_1_1_1_1_76", "X_1_1_1_1_1_34_1_1_1_1_1_76", "X_1_1_1_1_1_33_1_1_1_1_1_76", "X_1_1_1_1_1_32_1_1_1_1_1_76", "X_1_1_1_1_1_31_1_1_1_1_1_76", "X_1_1_1_1_1_30_1_1_1_1_1_76", "X_1_1_1_1_1_29_1_1_1_1_1_76", "X_1_1_1_1_1_28_1_1_1_1_1_76", "X_1_1_1_1_1_27_1_1_1_1_1_76", "X_1_1_1_1_1_26_1_1_1_1_1_76", "X_1_1_1_1_1_25_1_1_1_1_1_76", "X_1_1_1_1_1_24_1_1_1_1_1_76", "X_1_1_1_1_1_23_1_1_1_1_1_76", "X_1_1_1_1_1_22_1_1_1_1_1_76", "X_1_1_1_1_1_21_1_1_1_1_1_76", "X_1_1_1_1_1_20_1_1_1_1_1_76", "X_1_1_1_1_1_19_1_1_1_1_1_76", "X_1_1_1_1_1_18_1_1_1_1_1_76", "X_1_1_1_1_1_17_1_1_1_1_1_76", "X_1_1_1_1_1_16_1_1_1_1_1_76", "X_1_1_1_1_1_15_1_1_1_1_1_76", "X_1_1_1_1_1_14_1_1_1_1_1_76", "X_1_1_1_1_1_13_1_1_1_1_1_76", "X_1_1_1_1_1_12_1_1_1_1_1_76", "X_1_1_1_1_1_11_1_1_1_1_1_76", "X_1_1_1_1_1_10_1_1_1_1_1_76", "X_1_1_1_1_1_9_1_1_1_1_1_76", "X_1_1_1_1_1_8_1_1_1_1_1_76", "X_1_1_1_1_1_7_1_1_1_1_1_76", "X_1_1_1_1_1_6_1_1_1_1_1_76", "X_1_1_1_1_1_5_1_1_1_1_1_76", "X_1_1_1_1_1_4_1_1_1_1_1_76", "X_1_1_1_1_1_3_1_1_1_1_1_76", "X_1_1_1_1_1_2_1_1_1_1_1_76", "X_1_1_1_1_1_1_1_1_1_1_1_76"], "CsaImage.RFSWDDataType": ["measured", "measured", "measured", "measured", "measured", "measured", "measured", "measured", "measured", "measured", "measured", "measured", "measured", "measured", "measured", "measured", "measured", "measured", "measured", "measured", "measured", "measured", "measured", "measured", "measured", "measured", "measured", "measured", "measured", "measured", "measured", "measured", "measured", "measured", "measured", "measured", "measured", "measured", "measured", "measured", "measured", "measured", "measured", "measured", "measured", "measured", "measured", "measured", "measured", "measured", "measured", "measured", "measured", "measured", "measured", "measured", "measured", "measured", "measured", "measured", "measured", "measured", "measured", "measured", "measured", "measured", "measured", "measured", "measured", "measured", "measured", "measured", "measured", "measured", "measured", "measured", "measured", "measured", "measured", "measured", "measured", "measured", "measured", "measured", "measured", "measured", "measured", "measured", "measured", "measured", "measured", "measured", "measured", "measured", "measured", "measured", "measured", "measured", "measured", "measured", "measured", "measured", "measured", "measured", "measured", "measured", "measured", "measured", "measured", "measured", "measured", "measured", "measured", "measured", "measured", "measured", "measured", "measured", "measured", "measured", "measured", "measured", "measured", "measured", "measured", "measured", "measured", "measured", "measured", "measured", "measured", "measured", "measured", "measured", "measured", "measured", "measured", "measured", "measured", "measured", "measured", "measured", "measured", "measured", "measured", "measured", "measured", "measured", "measured", "measured", "measured", "measured", "measured", "measured", "measured", "measured", "measured", "measured", "measured", "measured", "measured", "measured", "measured", "measured", "measured", "measured", "measured", "measured", "measured", "measured", "measured", "measured", "measured", "measured", "measured", "measured", "measured", "measured", "measured", "measured", "measured", "measured", "measured", "measured", "measured", "measured", "measured", "measured", "measured", "measured", "measured", "measured", "measured", "measured", "measured", "measured", "measured", "measured", "measured", "measured", "measured", "measured", "measured", "measured", "measured", "measured", "measured", "measured", "measured", "measured", "measured", "measured", "measured", "measured", "measured", "measured", "measured", "measured", "measured", "measured", "measured", "measured", "measured", "measured", "measured", "measured", "measured", "measured", "measured", "measured", "measured", "measured", "measured", "measured", "measured", "measured", "measured", "measured", "measured", "measured", "measured", "measured", "measured", "measured", "measured", "measured", "measured", "measured", "measured", "measured", "measured", "measured", "predicted", "predicted", "predicted", "predicted"], "CsaImage.SlicePosition_PCS": [[91.54664213, -93.36914563, 116.72412548], [90.74794389, -93.35417402, 116.68103279], [89.94924564, -93.33920241, 116.6379401], [89.15054739, -93.32423081, 116.59484741], [88.35184914, -93.3092592, 116.55175472], [87.5531509, -93.29428759, 116.50866203], [86.75445265, -93.27931598, 116.46556934], [85.9557544, -93.26434437, 116.42247665], [85.15705615, -93.24937276, 116.37938396], [84.35835791, -93.23440115, 116.33629127], [83.55965966, -93.21942955, 116.29319858], [82.76096141, -93.20445794, 116.25010589], [81.96226317, -93.18948633, 116.2070132], [81.16356492, -93.17451472, 116.16392051], [80.36486667, -93.15954311, 116.12082782], [79.56616842, -93.1445715, 116.07773513], [78.76747018, -93.12959989, 116.03464244], [77.96877193, -93.11462829, 115.99154976], [77.17007368, -93.09965668, 115.94845707], [76.37137544, -93.08468507, 115.90536438], [75.57267719, -93.06971346, 115.86227169], [74.77397894, -93.05474185, 115.819179], [73.97528069, -93.03977024, 115.77608631], [73.17658245, -93.02479864, 115.73299362], [72.3778842, -93.00982703, 115.68990093], [71.57918595, -92.99485542, 115.64680824], [70.7804877, -92.97988381, 115.60371555], [69.98178946, -92.9649122, 115.56062286], [69.18309121, -92.94994059, 115.51753017], [68.38439296, -92.93496898, 115.47443748], [67.58569472, -92.91999738, 115.43134479], [66.78699647, -92.90502577, 115.3882521], [65.98829822, -92.89005416, 115.34515941], [65.18959997, -92.87508255, 115.30206672], [64.39090173, -92.86011094, 115.25897403], [63.59220348, -92.84513933, 115.21588134], [62.79350523, -92.83016772, 115.17278865], [61.99480699, -92.81519612, 115.12969596], [61.19610874, -92.80022451, 115.08660327], [60.39741049, -92.7852529, 115.04351058], [59.59871224, -92.77028129, 115.00041789], [58.800014, -92.75530968, 114.95732521], [58.00131575, -92.74033807, 114.91423252], [57.2026175, -92.72536647, 114.87113983], [56.40391925, -92.71039486, 114.82804714], [55.60522101, -92.69542325, 114.78495445], [54.80652276, -92.68045164, 114.74186176], [54.00782451, -92.66548003, 114.69876907], [53.20912627, -92.65050842, 114.65567638], [52.41042802, -92.63553681, 114.61258369], [51.61172977, -92.62056521, 114.569491], [50.81303152, -92.6055936, 114.52639831], [50.01433328, -92.59062199, 114.48330562], [49.21563503, -92.57565038, 114.44021293], [48.41693678, -92.56067877, 114.39712024], [47.61823854, -92.54570716, 114.35402755], [46.81954029, -92.53073555, 114.31093486], [46.02084204, -92.51576395, 114.26784217], [45.22214379, -92.50079234, 114.22474948], [44.42344555, -92.48582073, 114.18165679], [43.6247473, -92.47084912, 114.1385641], [42.82604905, -92.45587751, 114.09547141], [42.0273508, -92.4409059, 114.05237872], [41.22865256, -92.42593429, 114.00928603], [40.42995431, -92.41096269, 113.96619334], [39.63125606, -92.39599108, 113.92310066], [38.83255782, -92.38101947, 113.88000797], [38.03385957, -92.36604786, 113.83691528], [37.23516132, -92.35107625, 113.79382259], [36.43646307, -92.33610464, 113.7507299], [35.63776483, -92.32113304, 113.70763721], [34.83906658, -92.30616143, 113.66454452], [34.04036833, -92.29118982, 113.62145183], [33.24167009, -92.27621821, 113.57835914], [32.44297184, -92.2612466, 113.53526645], [31.64427359, -92.24627499, 113.49217376], [30.84557534, -92.23130338, 113.44908107], [30.0468771, -92.21633178, 113.40598838], [29.24817885, -92.20136017, 113.36289569], [28.4494806, -92.18638856, 113.319803], [27.65078235, -92.17141695, 113.27671031], [26.85208411, -92.15644534, 113.23361762], [26.05338586, -92.14147373, 113.19052493], [25.25468761, -92.12650212, 113.14743224], [24.45598937, -92.11153052, 113.10433955], [23.65729112, -92.09655891, 113.06124686], [22.85859287, -92.0815873, 113.01815417], [22.05989462, -92.06661569, 112.97506148], [21.26119638, -92.05164408, 112.93196879], [20.46249813, -92.03667247, 112.88887611], [19.66379988, -92.02170086, 112.84578342], [18.86510164, -92.00672926, 112.80269073], [18.06640339, -91.99175765, 112.75959804], [17.26770514, -91.97678604, 112.71650535], [16.46900689, -91.96181443, 112.67341266], [15.67030865, -91.94684282, 112.63031997], [14.8716104, -91.93187121, 112.58722728], [14.07291215, -91.91689961, 112.54413459], [13.2742139, -91.901928, 112.5010419], [12.47551566, -91.88695639, 112.45794921], [11.67681741, -91.87198478, 112.41485652], [10.87811916, -91.85701317, 112.37176383], [10.07942092, -91.84204156, 112.32867114], [9.28072267, -91.82706995, 112.28557845], [8.48202442, -91.81209835, 112.24248576], [7.68332617, -91.79712674, 112.19939307], [6.88462793, -91.78215513, 112.15630038], [6.08592968, -91.76718352, 112.11320769], [5.28723143, -91.75221191, 112.070115], [4.48853319, -91.7372403, 112.02702231], [3.68983494, -91.72226869, 111.98392962], [2.89113669, -91.70729709, 111.94083693], [2.09243844, -91.69232548, 111.89774424], [1.2937402, -91.67735387, 111.85465156], [0.49504195, -91.66238226, 111.81155887], [-0.3036563, -91.64741065, 111.76846618], [-1.10235455, -91.63243904, 111.72537349], [-1.90105279, -91.61746744, 111.6822808], [-2.69975104, -91.60249583, 111.63918811], [-3.49844929, -91.58752422, 111.59609542], [-4.29714753, -91.57255261, 111.55300273], [-5.09584578, -91.557581, 111.50991004], [-5.89454403, -91.54260939, 111.46681735], [-6.69324228, -91.52763778, 111.42372466], [-7.49194052, -91.51266618, 111.38063197], [-8.29063877, -91.49769457, 111.33753928], [-9.08933702, -91.48272296, 111.29444659], [-9.88803526, -91.46775135, 111.2513539], [-10.68673351, -91.45277974, 111.20826121], [-11.48543176, -91.43780813, 111.16516852], [-12.28413001, -91.42283652, 111.12207583], [-13.08282825, -91.40786492, 111.07898314], [-13.8815265, -91.39289331, 111.03589045], [-14.68022475, -91.3779217, 110.99279776], [-15.478923, -91.36295009, 110.94970507], [-16.27762124, -91.34797848, 110.90661238], [-17.07631949, -91.33300687, 110.86351969], [-17.87501774, -91.31803526, 110.82042701], [-18.67371598, -91.30306366, 110.77733432], [-19.47241423, -91.28809205, 110.73424163], [-20.27111248, -91.27312044, 110.69114894], [-21.06981073, -91.25814883, 110.64805625], [-21.86850897, -91.24317722, 110.60496356], [-22.66720722, -91.22820561, 110.56187087], [-23.46590547, -91.21323401, 110.51877818], [-24.26460371, -91.1982624, 110.47568549], [-25.06330196, -91.18329079, 110.4325928], [-25.86200021, -91.16831918, 110.38950011], [-26.66069846, -91.15334757, 110.34640742], [-27.4593967, -91.13837596, 110.30331473], [-28.25809495, -91.12340435, 110.26022204], [-29.0567932, -91.10843275, 110.21712935], [-29.85549145, -91.09346114, 110.17403666], [-30.65418969, -91.07848953, 110.13094397], [-31.45288794, -91.06351792, 110.08785128], [-32.25158619, -91.04854631, 110.04475859], [-33.05028443, -91.0335747, 110.0016659], [-33.84898268, -91.01860309, 109.95857321], [-34.64768093, -91.00363149, 109.91548052], [-35.44637918, -90.98865988, 109.87238783], [-36.24507742, -90.97368827, 109.82929514], [-37.04377567, -90.95871666, 109.78620246], [-37.84247392, -90.94374505, 109.74310977], [-38.64117216, -90.92877344, 109.70001708], [-39.43987041, -90.91380183, 109.65692439], [-40.23856866, -90.89883023, 109.6138317], [-41.03726691, -90.88385862, 109.57073901], [-41.83596515, -90.86888701, 109.52764632], [-42.6346634, -90.8539154, 109.48455363], [-43.43336165, -90.83894379, 109.44146094], [-44.2320599, -90.82397218, 109.39836825], [-45.03075814, -90.80900058, 109.35527556], [-45.82945639, -90.79402897, 109.31218287], [-46.62815464, -90.77905736, 109.26909018], [-47.42685288, -90.76408575, 109.22599749], [-48.22555113, -90.74911414, 109.1829048], [-49.02424938, -90.73414253, 109.13981211], [-49.82294763, -90.71917092, 109.09671942], [-50.62164587, -90.70419932, 109.05362673], [-51.42034412, -90.68922771, 109.01053404], [-52.21904237, -90.6742561, 108.96744135], [-53.01774061, -90.65928449, 108.92434866], [-53.81643886, -90.64431288, 108.88125597], [-54.61513711, -90.62934127, 108.83816328], [-55.41383536, -90.61436966, 108.79507059], [-56.2125336, -90.59939806, 108.75197791], [-57.01123185, -90.58442645, 108.70888522], [-57.8099301, -90.56945484, 108.66579253], [-58.60862835, -90.55448323, 108.62269984], [-59.40732659, -90.53951162, 108.57960715], [-60.20602484, -90.52454001, 108.53651446], [-61.00472309, -90.50956841, 108.49342177], [-61.80342133, -90.4945968, 108.45032908], [-62.60211958, -90.47962519, 108.40723639], [-63.40081783, -90.46465358, 108.3641437], [-64.19951608, -90.44968197, 108.32105101], [-64.99821432, -90.43471036, 108.27795832], [-65.79691257, -90.41973875, 108.23486563], [-66.59561082, -90.40476715, 108.19177294], [-67.39430906, -90.38979554, 108.14868025], [-68.19300731, -90.37482393, 108.10558756], [-68.99170556, -90.35985232, 108.06249487], [-69.79040381, -90.34488071, 108.01940218], [-70.58910205, -90.3299091, 107.97630949], [-71.3878003, -90.31493749, 107.9332168], [-72.18649855, -90.29996589, 107.89012411], [-72.9851968, -90.28499428, 107.84703142], [-73.78389504, -90.27002267, 107.80393873], [-74.58259329, -90.25505106, 107.76084604], [-75.38129154, -90.24007945, 107.71775336], [-76.17998978, -90.22510784, 107.67466067], [-76.97868803, -90.21013623, 107.63156798], [-77.77738628, -90.19516463, 107.58847529], [-78.57608453, -90.18019302, 107.5453826], [-79.37478277, -90.16522141, 107.50228991], [-80.17348102, -90.1502498, 107.45919722], [-80.97217927, -90.13527819, 107.41610453], [-81.77087751, -90.12030658, 107.37301184], [-82.56957576, -90.10533498, 107.32991915], [-83.36827401, -90.09036337, 107.28682646], [-84.16697226, -90.07539176, 107.24373377], [-84.9656705, -90.06042015, 107.20064108], [-85.76436875, -90.04544854, 107.15754839], [-86.563067, -90.03047693, 107.1144557], [-87.36176525, -90.01550532, 107.07136301], [-88.16046349, -90.00053372, 107.02827032], [-88.95916174, -89.98556211, 106.98517763], [-89.75785999, -89.9705905, 106.94208494], [-90.55655823, -89.95561889, 106.89899225], [-91.35525648, -89.94064728, 106.85589956], [-92.15395473, -89.92567567, 106.81280687], [-92.95265298, -89.91070406, 106.76971418], [-93.75135122, -89.89573246, 106.72662149], [-94.55004947, -89.88076085, 106.6835288], [-95.34874772, -89.86578924, 106.64043612], [-96.14744596, -89.85081763, 106.59734343], [-96.94614421, -89.83584602, 106.55425074], [-97.74484246, -89.82087441, 106.51115805], [-98.54354071, -89.80590281, 106.46806536], [-99.34223895, -89.7909312, 106.42497267], [-100.1409372, -89.77595959, 106.38187998], [-100.93963545, -89.76098798, 106.33878729], [-101.7383337, -89.74601637, 106.2956946], [-102.53703194, -89.73104476, 106.25260191], [-103.33573019, -89.71607315, 106.20950922], [-104.13442844, -89.70110155, 106.16641653], [-104.93312668, -89.68612994, 106.12332384], [-105.73182493, -89.67115833, 106.08023115], [-106.53052318, -89.65618672, 106.03713846], [-107.32922143, -89.64121511, 105.99404577], [-108.12791967, -89.6262435, 105.95095308], [-108.92661792, -89.61127189, 105.90786039], [-109.72531617, -89.59630029, 105.8647677], [-110.52401441, -89.58132868, 105.82167501], [-111.32271266, -89.56635707, 105.77858232], [-112.12141091, -89.55138546, 105.73548963]], "ImagePositionPatient": [[91.546642132396, -93.369145631087, 116.72412547832], [90.747943885173, -93.354174022574, 116.68103278874], [89.94924563795, -93.339202414061, 116.63794009915], [89.150547390728, -93.324230805548, 116.59484740957], [88.351849143505, -93.309259197035, 116.55175471998], [87.553150896283, -93.294287588522, 116.5086620304], [86.75445264906, -93.279315980009, 116.46556934081], [85.955754401838, -93.264344371496, 116.42247665123], [85.157056154615, -93.249372762984, 116.37938396164], [84.358357907393, -93.234401154471, 116.33629127206], [83.55965966017, -93.219429545958, 116.29319858247], [82.760961412948, -93.204457937445, 116.25010589289], [81.962263165725, -93.189486328932, 116.2070132033], [81.163564918503, -93.174514720419, 116.16392051372], [80.36486667128, -93.159543111906, 116.12082782413], [79.566168424058, -93.144571503393, 116.07773513455], [78.767470176835, -93.12959989488, 116.03464244496], [77.968771929613, -93.114628286367, 115.99154975538], [77.17007368239, -93.099656677854, 115.94845706579], [76.371375435168, -93.084685069342, 115.9053643762], [75.572677187945, -93.069713460829, 115.86227168662], [74.773978940722, -93.054741852316, 115.81917899703], [73.9752806935, -93.039770243803, 115.77608630745], [73.176582446277, -93.02479863529, 115.73299361786], [72.377884199055, -93.009827026777, 115.68990092828], [71.579185951832, -92.994855418264, 115.64680823869], [70.78048770461, -92.979883809751, 115.60371554911], [69.981789457387, -92.964912201238, 115.56062285952], [69.183091210165, -92.949940592725, 115.51753016994], [68.384392962942, -92.934968984212, 115.47443748035], [67.58569471572, -92.9199973757, 115.43134479077], [66.786996468497, -92.905025767187, 115.38825210118], [65.988298221275, -92.890054158674, 115.3451594116], [65.189599974052, -92.875082550161, 115.30206672201], [64.39090172683, -92.860110941648, 115.25897403243], [63.592203479607, -92.845139333135, 115.21588134284], [62.793505232385, -92.830167724622, 115.17278865326], [61.994806985162, -92.815196116109, 115.12969596367], [61.196108737939, -92.800224507596, 115.08660327409], [60.397410490717, -92.785252899083, 115.0435105845], [59.598712243494, -92.77028129057, 115.00041789492], [58.800013996272, -92.755309682058, 114.95732520533], [58.001315749049, -92.740338073545, 114.91423251575], [57.202617501827, -92.725366465032, 114.87113982616], [56.403919254604, -92.710394856519, 114.82804713658], [55.605221007382, -92.695423248006, 114.78495444699], [54.806522760159, -92.680451639493, 114.74186175741], [54.007824512937, -92.66548003098, 114.69876906782], [53.209126265714, -92.650508422467, 114.65567637824], [52.410428018492, -92.635536813954, 114.61258368865], [51.611729771269, -92.620565205441, 114.56949099906], [50.813031524047, -92.605593596928, 114.52639830948], [50.014333276824, -92.590621988416, 114.48330561989], [49.215635029602, -92.575650379903, 114.44021293031], [48.416936782379, -92.56067877139, 114.39712024072], [47.618238535157, -92.545707162877, 114.35402755114], [46.819540287934, -92.530735554364, 114.31093486155], [46.020842040711, -92.515763945851, 114.26784217197], [45.222143793489, -92.500792337338, 114.22474948238], [44.423445546266, -92.485820728825, 114.1816567928], [43.624747299044, -92.470849120312, 114.13856410321], [42.826049051821, -92.455877511799, 114.09547141363], [42.027350804599, -92.440905903286, 114.05237872404], [41.228652557376, -92.425934294774, 114.00928603446], [40.429954310154, -92.410962686261, 113.96619334487], [39.631256062931, -92.395991077748, 113.92310065529], [38.832557815709, -92.381019469235, 113.8800079657], [38.033859568486, -92.366047860722, 113.83691527612], [37.235161321264, -92.351076252209, 113.79382258653], [36.436463074041, -92.336104643696, 113.75072989695], [35.637764826819, -92.321133035183, 113.70763720736], [34.839066579596, -92.30616142667, 113.66454451778], [34.040368332374, -92.291189818157, 113.62145182819], [33.241670085151, -92.276218209645, 113.57835913861], [32.442971837928, -92.261246601132, 113.53526644902], [31.644273590706, -92.246274992619, 113.49217375944], [30.845575343483, -92.231303384106, 113.44908106985], [30.046877096261, -92.216331775593, 113.40598838027], [29.248178849038, -92.20136016708, 113.36289569068], [28.449480601816, -92.186388558567, 113.3198030011], [27.650782354593, -92.171416950054, 113.27671031151], [26.852084107371, -92.156445341541, 113.23361762192], [26.053385860148, -92.141473733028, 113.19052493234], [25.254687612926, -92.126502124515, 113.14743224275], [24.455989365703, -92.111530516003, 113.10433955317], [23.657291118481, -92.09655890749, 113.06124686358], [22.858592871258, -92.081587298977, 113.018154174], [22.059894624036, -92.066615690464, 112.97506148441], [21.261196376813, -92.051644081951, 112.93196879483], [20.462498129591, -92.036672473438, 112.88887610524], [19.663799882368, -92.021700864925, 112.84578341566], [18.865101635145, -92.006729256412, 112.80269072607], [18.066403387923, -91.991757647899, 112.75959803649], [17.2677051407, -91.976786039386, 112.7165053469], [16.469006893478, -91.961814430873, 112.67341265732], [15.670308646255, -91.946842822361, 112.63031996773], [14.871610399033, -91.931871213848, 112.58722727815], [14.07291215181, -91.916899605335, 112.54413458856], [13.274213904588, -91.901927996822, 112.50104189898], [12.475515657365, -91.886956388309, 112.45794920939], [11.676817410143, -91.871984779796, 112.41485651981], [10.87811916292, -91.857013171283, 112.37176383022], [10.079420915698, -91.84204156277, 112.32867114064], [9.2807226684751, -91.827069954257, 112.28557845105], [8.4820244212526, -91.812098345744, 112.24248576147], [7.6833261740301, -91.797126737231, 112.19939307188], [6.8846279268075, -91.782155128719, 112.1563003823], [6.085929679585, -91.767183520206, 112.11320769271], [5.2872314323625, -91.752211911693, 112.07011500313], [4.48853318514, -91.73724030318, 112.02702231354], [3.6898349379174, -91.722268694667, 111.98392962396], [2.8911366906949, -91.707297086154, 111.94083693437], [2.0924384434724, -91.692325477641, 111.89774424478], [1.2937401962498, -91.677353869128, 111.8546515552], [0.49504194902731, -91.662382260615, 111.81155886561], [-0.3036562981952, -91.647410652102, 111.76846617603], [-1.1023545454177, -91.632439043589, 111.72537348644], [-1.9010527926403, -91.617467435077, 111.68228079686], [-2.6997510398628, -91.602495826564, 111.63918810727], [-3.4984492870853, -91.587524218051, 111.59609541769], [-4.2971475343079, -91.572552609538, 111.5530027281], [-5.0958457815304, -91.557581001025, 111.50991003852], [-5.8945440287529, -91.542609392512, 111.46681734893], [-6.6932422759754, -91.527637783999, 111.42372465935], [-7.491940523198, -91.512666175486, 111.38063196976], [-8.2906387704205, -91.497694566973, 111.33753928018], [-9.089337017643, -91.48272295846, 111.29444659059], [-9.8880352648656, -91.467751349947, 111.25135390101], [-10.686733512088, -91.452779741435, 111.20826121142], [-11.485431759311, -91.437808132922, 111.16516852184], [-12.284130006533, -91.422836524409, 111.12207583225], [-13.082828253756, -91.407864915896, 111.07898314267], [-13.881526500978, -91.392893307383, 111.03589045308], [-14.680224748201, -91.37792169887, 110.9927977635], [-15.478922995423, -91.362950090357, 110.94970507391], [-16.277621242646, -91.347978481844, 110.90661238433], [-17.076319489868, -91.333006873331, 110.86351969474], [-17.875017737091, -91.318035264818, 110.82042700516], [-18.673715984313, -91.303063656305, 110.77733431557], [-19.472414231536, -91.288092047793, 110.73424162599], [-20.271112478758, -91.27312043928, 110.6911489364], [-21.069810725981, -91.258148830767, 110.64805624681], [-21.868508973203, -91.243177222254, 110.60496355723], [-22.667207220426, -91.228205613741, 110.56187086764], [-23.465905467649, -91.213234005228, 110.51877817806], [-24.264603714871, -91.198262396715, 110.47568548847], [-25.063301962094, -91.183290788202, 110.43259279889], [-25.862000209316, -91.168319179689, 110.3895001093], [-26.660698456539, -91.153347571176, 110.34640741972], [-27.459396703761, -91.138375962664, 110.30331473013], [-28.258094950984, -91.123404354151, 110.26022204055], [-29.056793198206, -91.108432745638, 110.21712935096], [-29.855491445429, -91.093461137125, 110.17403666138], [-30.654189692651, -91.078489528612, 110.13094397179], [-31.452887939874, -91.063517920099, 110.08785128221], [-32.251586187096, -91.048546311586, 110.04475859262], [-33.050284434319, -91.033574703073, 110.00166590304], [-33.848982681541, -91.01860309456, 109.95857321345], [-34.647680928764, -91.003631486047, 109.91548052387], [-35.446379175986, -90.988659877534, 109.87238783428], [-36.245077423209, -90.973688269022, 109.8292951447], [-37.043775670432, -90.958716660509, 109.78620245511], [-37.842473917654, -90.943745051996, 109.74310976553], [-38.641172164877, -90.928773443483, 109.70001707594], [-39.439870412099, -90.91380183497, 109.65692438636], [-40.238568659322, -90.898830226457, 109.61383169677], [-41.037266906544, -90.883858617944, 109.57073900719], [-41.835965153767, -90.868887009431, 109.5276463176], [-42.634663400989, -90.853915400918, 109.48455362802], [-43.433361648212, -90.838943792405, 109.44146093843], [-44.232059895434, -90.823972183892, 109.39836824885], [-45.030758142657, -90.80900057538, 109.35527555926], [-45.829456389879, -90.794028966867, 109.31218286967], [-46.628154637102, -90.779057358354, 109.26909018009], [-47.426852884324, -90.764085749841, 109.2259974905], [-48.225551131547, -90.749114141328, 109.18290480092], [-49.024249378769, -90.734142532815, 109.13981211133], [-49.822947625992, -90.719170924302, 109.09671942175], [-50.621645873215, -90.704199315789, 109.05362673216], [-51.420344120437, -90.689227707276, 109.01053404258], [-52.21904236766, -90.674256098763, 108.96744135299], [-53.017740614882, -90.65928449025, 108.92434866341], [-53.816438862105, -90.644312881738, 108.88125597382], [-54.615137109327, -90.629341273225, 108.83816328424], [-55.41383535655, -90.614369664712, 108.79507059465], [-56.212533603772, -90.599398056199, 108.75197790507], [-57.011231850995, -90.584426447686, 108.70888521548], [-57.809930098217, -90.569454839173, 108.6657925259], [-58.60862834544, -90.55448323066, 108.62269983631], [-59.407326592662, -90.539511622147, 108.57960714673], [-60.206024839885, -90.524540013634, 108.53651445714], [-61.004723087107, -90.509568405121, 108.49342176756], [-61.80342133433, -90.494596796608, 108.45032907797], [-62.602119581552, -90.479625188096, 108.40723638839], [-63.400817828775, -90.464653579583, 108.3641436988], [-64.199516075998, -90.44968197107, 108.32105100922], [-64.99821432322, -90.434710362557, 108.27795831963], [-65.796912570443, -90.419738754044, 108.23486563005], [-66.595610817665, -90.404767145531, 108.19177294046], [-67.394309064888, -90.389795537018, 108.14868025088], [-68.19300731211, -90.374823928505, 108.10558756129], [-68.991705559333, -90.359852319992, 108.06249487171], [-69.790403806555, -90.344880711479, 108.01940218212], [-70.589102053778, -90.329909102966, 107.97630949253], [-71.387800301, -90.314937494454, 107.93321680295], [-72.186498548223, -90.299965885941, 107.89012411336], [-72.985196795445, -90.284994277428, 107.84703142378], [-73.783895042668, -90.270022668915, 107.80393873419], [-74.58259328989, -90.255051060402, 107.76084604461], [-75.381291537113, -90.240079451889, 107.71775335502], [-76.179989784335, -90.225107843376, 107.67466066544], [-76.978688031558, -90.210136234863, 107.63156797585], [-77.77738627878, -90.19516462635, 107.58847528627], [-78.576084526003, -90.180193017837, 107.54538259668], [-79.374782773226, -90.165221409325, 107.5022899071], [-80.173481020448, -90.150249800812, 107.45919721751], [-80.972179267671, -90.135278192299, 107.41610452793], [-81.770877514893, -90.120306583786, 107.37301183834], [-82.569575762116, -90.105334975273, 107.32991914876], [-83.368274009338, -90.09036336676, 107.28682645917], [-84.166972256561, -90.075391758247, 107.24373376959], [-84.965670503783, -90.060420149734, 107.20064108], [-85.764368751006, -90.045448541221, 107.15754839042], [-86.563066998228, -90.030476932708, 107.11445570083], [-87.361765245451, -90.015505324195, 107.07136301125], [-88.160463492673, -90.000533715683, 107.02827032166], [-88.959161739896, -89.98556210717, 106.98517763208], [-89.757859987118, -89.970590498657, 106.94208494249], [-90.556558234341, -89.955618890144, 106.89899225291], [-91.355256481563, -89.940647281631, 106.85589956332], [-92.153954728786, -89.925675673118, 106.81280687374], [-92.952652976009, -89.910704064605, 106.76971418415], [-93.751351223231, -89.895732456092, 106.72662149457], [-94.550049470454, -89.880760847579, 106.68352880498], [-95.348747717676, -89.865789239066, 106.64043611539], [-96.147445964899, -89.850817630553, 106.59734342581], [-96.946144212121, -89.835846022041, 106.55425073622], [-97.744842459344, -89.820874413528, 106.51115804664], [-98.543540706566, -89.805902805015, 106.46806535705], [-99.342238953789, -89.790931196502, 106.42497266747], [-100.14093720101, -89.775959587989, 106.38187997788], [-100.93963544823, -89.760987979476, 106.3387872883], [-101.73833369546, -89.746016370963, 106.29569459871], [-102.53703194268, -89.73104476245, 106.25260190913], [-103.3357301899, -89.716073153937, 106.20950921954], [-104.13442843712, -89.701101545424, 106.16641652996], [-104.93312668435, -89.686129936911, 106.12332384037], [-105.73182493157, -89.671158328399, 106.08023115079], [-106.53052317879, -89.656186719886, 106.0371384612], [-107.32922142601, -89.641215111373, 105.99404577162], [-108.12791967324, -89.62624350286, 105.95095308203], [-108.92661792046, -89.611271894347, 105.90786039245], [-109.72531616768, -89.596300285834, 105.86476770286], [-110.5240144149, -89.581328677321, 105.82167501328], [-111.32271266213, -89.566357068808, 105.77858232369], [-112.12141090935, -89.551385460295, 105.73548963411]], "InstanceCreationTime": ["174241.078000", "174241.078000", "174241.062000", "174241.062000", "174241.062000", "174241.062000", "174241.062000", "174241.062000", "174241.062000", "174241.062000", "174241.046000", "174241.046000", "174241.046000", "174241.046000", "174241.046000", "174241.031000", "174241.031000", "174241.031000", "174241.031000", "174241.031000", "174241.031000", "174241.031000", "174241.031000", "174241.015000", "174241.015000", "174241.015000", "174241.015000", "174241.015000", "174241.015000", "174241.015000", "174241.015000", "174241.015000", "174241.000000", "174241.000000", "174241.000000", "174241.000000", "174240.984000", "174240.984000", "174240.984000", "174240.984000", "174240.984000", "174240.984000", "174240.984000", "174240.984000", "174240.968000", "174240.968000", "174240.968000", "174240.968000", "174240.968000", "174240.968000", "174240.968000", "174240.968000", "174240.968000", "174240.953000", "174240.953000", "174240.953000", "174240.953000", "174240.953000", "174240.953000", "174240.953000", "174240.953000", "174240.937000", "174240.937000", "174240.937000", "174240.937000", "174240.937000", "174240.937000", "174240.921000", "174240.921000", "174240.921000", "174240.906000", "174240.906000", "174240.906000", "174240.906000", "174240.906000", "174240.906000", "174240.906000", "174240.906000", "174240.890000", "174240.890000", "174240.890000", "174240.890000", "174240.890000", "174240.890000", "174240.890000", "174240.890000", "174240.875000", "174240.875000", "174240.875000", "174240.875000", "174240.875000", "174240.875000", "174240.875000", "174240.859000", "174240.859000", "174240.859000", "174240.859000", "174240.859000", "174240.859000", "174240.859000", "174240.859000", "174240.843000", "174240.843000", "174240.843000", "174240.843000", "174240.843000", "174240.843000", "174240.828000", "174240.828000", "174240.828000", "174240.828000", "174240.828000", "174240.828000", "174240.828000", "174240.828000", "174240.812000", "174240.812000", "174240.812000", "174240.812000", "174240.812000", "174240.812000", "174240.796000", "174240.796000", "174240.796000", "174240.796000", "174240.796000", "174240.796000", "174240.796000", "174240.796000", "174240.796000", "174240.781000", "174240.781000", "174240.781000", "174240.781000", "174240.781000", "174240.781000", "174240.781000", "174240.781000", "174240.765000", "174240.765000", "174240.765000", "174240.765000", "174240.765000", "174240.765000", "174240.765000", "174240.765000", "174240.750000", "174240.750000", "174240.750000", "174240.750000", "174240.750000", "174240.750000", "174240.750000", "174240.750000", "174240.734000", "174240.734000", "174240.734000", "174240.734000", "174240.734000", "174240.734000", "174240.718000", "174240.718000", "174240.718000", "174240.718000", "174240.718000", "174240.718000", "174240.718000", "174240.718000", "174240.703000", "174240.703000", "174240.703000", "174240.703000", "174240.703000", "174240.703000", "174240.703000", "174240.687000", "174240.687000", "174240.687000", "174240.687000", "174240.687000", "174240.687000", "174240.687000", "174240.687000", "174240.671000", "174232.640000", "174232.640000", "174232.640000", "174232.640000", "174232.640000", "174232.625000", "174232.625000", "174232.609000", "174232.609000", "174232.609000", "174232.609000", "174232.609000", "174232.609000", "174232.609000", "174232.609000", "174232.593000", "174232.593000", "174232.593000", "174232.593000", "174232.593000", "174232.593000", "174232.593000", "174232.578000", "174232.578000", "174232.578000", "174232.578000", "174232.578000", "174232.562000", "174232.562000", "174232.562000", "174232.562000", "174232.562000", "174232.562000", "174232.562000", "174232.546000", "174232.546000", "174232.546000", "174232.546000", "174232.546000", "174232.546000", "174232.546000", "174232.531000", "174232.531000", "174232.531000", "174232.531000", "174232.531000", "174232.515000", "174232.515000", "174232.515000", "174232.515000", "174232.515000", "174232.500000", "174232.500000", "174232.500000", "174232.500000", "174232.500000", "174232.500000", "174232.500000", "174232.500000", "174232.484000", "174232.484000", "174232.484000", "174232.484000", "174232.484000", "174232.484000", "174232.484000", "174232.484000", "174232.468000", "174232.468000", "174232.468000", "174232.468000", "174232.468000"], "InstanceNumber": [256, 255, 254, 253, 252, 251, 250, 249, 248, 247, 246, 245, 244, 243, 242, 241, 240, 239, 238, 237, 236, 235, 234, 233, 232, 231, 230, 229, 228, 227, 226, 225, 224, 223, 222, 221, 220, 219, 218, 217, 216, 215, 214, 213, 212, 211, 210, 209, 208, 207, 206, 205, 204, 203, 202, 201, 200, 199, 198, 197, 196, 195, 194, 193, 192, 191, 190, 189, 188, 187, 186, 185, 184, 183, 182, 181, 180, 179, 178, 177, 176, 175, 174, 173, 172, 171, 170, 169, 168, 167, 166, 165, 164, 163, 162, 161, 160, 159, 158, 157, 156, 155, 154, 153, 152, 151, 150, 149, 148, 147, 146, 145, 144, 143, 142, 141, 140, 139, 138, 137, 136, 135, 134, 133, 132, 131, 130, 129, 128, 127, 126, 125, 124, 123, 122, 121, 120, 119, 118, 117, 116, 115, 114, 113, 112, 111, 110, 109, 108, 107, 106, 105, 104, 103, 102, 101, 100, 99, 98, 97, 96, 95, 94, 93, 92, 91, 90, 89, 88, 87, 86, 85, 84, 83, 82, 81, 80, 79, 78, 77, 76, 75, 74, 73, 72, 71, 70, 69, 68, 67, 66, 65, 64, 63, 62, 61, 60, 59, 58, 57, 56, 55, 54, 53, 52, 51, 50, 49, 48, 47, 46, 45, 44, 43, 42, 41, 40, 39, 38, 37, 36, 35, 34, 33, 32, 31, 30, 29, 28, 27, 26, 25, 24, 23, 22, 21, 20, 19, 18, 17, 16, 15, 14, 13, 12, 11, 10, 9, 8, 7, 6, 5, 4, 3, 2, 1], "LargestImagePixelValue": [45, 57, 52, 47, 74, 64, 54, 61, 66, 106, 114, 61, 74, 83, 57, 75, 149, 91, 478, 648, 661, 805, 975, 1060, 707, 542, 563, 627, 545, 581, 768, 718, 861, 810, 1003, 799, 760, 767, 888, 886, 906, 870, 860, 826, 1066, 1003, 1011, 1045, 1059, 1124, 1057, 1097, 1040, 1074, 1042, 1076, 1031, 1042, 1068, 1046, 1022, 985, 1046, 1061, 986, 1031, 1066, 1049, 1039, 973, 974, 983, 1016, 1253, 1246, 1153, 1137, 1359, 1157, 1091, 1076, 1057, 1170, 1196, 1199, 1148, 1151, 1130, 1082, 1116, 1246, 1243, 1234, 1275, 1224, 1261, 1153, 1198, 1141, 1139, 1142, 1132, 1230, 1172, 1174, 1145, 1162, 1203, 1226, 1166, 1225, 1151, 1209, 1352, 1271, 1264, 1211, 1290, 1283, 1231, 1232, 1181, 1233, 1210, 1255, 1221, 1266, 1217, 1229, 1278, 1206, 1200, 1202, 1255, 1269, 1189, 1142, 1144, 1171, 1185, 1149, 1132, 1161, 1134, 1159, 1161, 1208, 1325, 1402, 1233, 1289, 1246, 1187, 1247, 1298, 1191, 1193, 1161, 1290, 1141, 1158, 1201, 1253, 1314, 1217, 1192, 1213, 1119, 1194, 1192, 1207, 1236, 1252, 1127, 1169, 1085, 1163, 1172, 1231, 1270, 1385, 1262, 1367, 1078, 1140, 1139, 1078, 1137, 1077, 1141, 1167, 1114, 1092, 1139, 1138, 1053, 1159, 1063, 1052, 1007, 1127, 1094, 1054, 1027, 1015, 999, 941, 939, 899, 811, 896, 818, 916, 1001, 825, 809, 861, 1008, 902, 840, 906, 874, 864, 704, 709, 680, 703, 768, 763, 667, 678, 682, 708, 628, 610, 610, 533, 551, 276, 88, 74, 70, 107, 145, 96, 61, 57, 151, 120, 67, 44, 40, 43, 49, 52, 45], "SliceLocation": [99.432480283544, 98.632480271623, 97.832480259702, 97.032480247781, 96.23248023586, 95.432480223939, 94.632480212019, 93.832480200098, 93.032480188177, 92.232480176256, 91.432480164335, 90.632480152414, 89.832480140493, 89.032480128572, 88.232480116651, 87.43248010473, 86.632480092809, 85.832480080888, 85.032480068967, 84.232480057046, 83.432480045126, 82.632480033205, 81.832480021284, 81.032480009363, 80.232479997442, 79.432479985521, 78.6324799736, 77.832479961679, 77.032479949758, 76.232479937837, 75.432479925916, 74.632479913995, 73.832479902074, 73.032479890153, 72.232479878233, 71.432479866312, 70.632479854391, 69.83247984247, 69.032479830549, 68.232479818628, 67.432479806707, 66.632479794786, 65.832479782865, 65.032479770944, 64.232479759023, 63.432479747102, 62.632479735181, 61.83247972326, 61.03247971134, 60.232479699419, 59.432479687498, 58.632479675577, 57.832479663656, 57.032479651735, 56.232479639814, 55.432479627893, 54.632479615972, 53.832479604051, 53.03247959213, 52.232479580209, 51.432479568288, 50.632479556367, 49.832479544447, 49.032479532526, 48.232479520605, 47.432479508684, 46.632479496763, 45.832479484842, 45.032479472921, 44.232479461, 43.432479449079, 42.632479437158, 41.832479425237, 41.032479413316, 40.232479401395, 39.432479389474, 38.632479377554, 37.832479365633, 37.032479353712, 36.232479341791, 35.43247932987, 34.632479317949, 33.832479306028, 33.032479294107, 32.232479282186, 31.432479270265, 30.632479258344, 29.832479246423, 29.032479234502, 28.232479222581, 27.432479210661, 26.63247919874, 25.832479186819, 25.032479174898, 24.232479162977, 23.432479151056, 22.632479139135, 21.832479127214, 21.032479115293, 20.232479103372, 19.432479091451, 18.63247907953, 17.832479067609, 17.032479055688, 16.232479043768, 15.432479031847, 14.632479019926, 13.832479008005, 13.032478996084, 12.232478984163, 11.432478972242, 10.632478960321, 9.8324789484001, 9.0324789364792, 8.2324789245582, 7.4324789126373, 6.6324789007164, 5.8324788887954, 5.0324788768745, 4.2324788649536, 3.4324788530327, 2.6324788411117, 1.8324788291908, 1.0324788172699, 0.23247880534894, -0.567521206572, -1.3675212184929, -2.1675212304138, -2.9675212423348, -3.7675212542557, -4.5675212661766, -5.3675212780976, -6.1675212900185, -6.9675213019394, -7.7675213138603, -8.5675213257813, -9.3675213377022, -10.167521349623, -10.967521361544, -11.767521373465, -12.567521385386, -13.367521397307, -14.167521409228, -14.967521421149, -15.76752143307, -16.567521444991, -17.367521456911, -18.167521468832, -18.967521480753, -19.767521492674, -20.567521504595, -21.367521516516, -22.167521528437, -22.967521540358, -23.767521552279, -24.5675215642, -25.367521576121, -26.167521588042, -26.967521599963, -27.767521611884, -28.567521623804, -29.367521635725, -30.167521647646, -30.967521659567, -31.767521671488, -32.567521683409, -33.36752169533, -34.167521707251, -34.967521719172, -35.767521731093, -36.567521743014, -37.367521754935, -38.167521766856, -38.967521778777, -39.767521790698, -40.567521802618, -41.367521814539, -42.16752182646, -42.967521838381, -43.767521850302, -44.567521862223, -45.367521874144, -46.167521886065, -46.967521897986, -47.767521909907, -48.567521921828, -49.367521933749, -50.16752194567, -50.967521957591, -51.767521969511, -52.567521981432, -53.367521993353, -54.167522005274, -54.967522017195, -55.767522029116, -56.567522041037, -57.367522052958, -58.167522064879, -58.9675220768, -59.767522088721, -60.567522100642, -61.367522112563, -62.167522124484, -62.967522136404, -63.767522148325, -64.567522160246, -65.367522172167, -66.167522184088, -66.967522196009, -67.76752220793, -68.567522219851, -69.367522231772, -70.167522243693, -70.967522255614, -71.767522267535, -72.567522279456, -73.367522291377, -74.167522303297, -74.967522315218, -75.767522327139, -76.56752233906, -77.367522350981, -78.167522362902, -78.967522374823, -79.767522386744, -80.567522398665, -81.367522410586, -82.167522422507, -82.967522434428, -83.767522446349, -84.56752245827, -85.36752247019, -86.167522482111, -86.967522494032, -87.767522505953, -88.567522517874, -89.367522529795, -90.167522541716, -90.967522553637, -91.767522565558, -92.567522577479, -93.3675225894, -94.167522601321, -94.967522613242, -95.767522625163, -96.567522637083, -97.367522649004, -98.167522660925, -98.967522672846, -99.767522684767, -100.56752269669, -101.36752270861, -102.16752272053, -102.96752273245, -103.76752274437, -104.56752275629], "WindowCenter": [26.0, 26.0, 26.0, 27.0, 27.0, 27.0, 27.0, 28.0, 28.0, 30.0, 31.0, 30.0, 30.0, 30.0, 30.0, 31.0, 33.0, 32.0, 63.0, 95.0, 169.0, 227.0, 267.0, 286.0, 251.0, 220.0, 207.0, 225.0, 221.0, 254.0, 296.0, 310.0, 342.0, 340.0, 335.0, 339.0, 340.0, 338.0, 340.0, 339.0, 339.0, 340.0, 343.0, 347.0, 363.0, 374.0, 383.0, 400.0, 417.0, 430.0, 439.0, 444.0, 449.0, 457.0, 458.0, 460.0, 461.0, 469.0, 473.0, 479.0, 483.0, 487.0, 492.0, 494.0, 494.0, 494.0, 496.0, 498.0, 500.0, 504.0, 507.0, 511.0, 514.0, 519.0, 522.0, 525.0, 530.0, 534.0, 536.0, 538.0, 539.0, 538.0, 539.0, 538.0, 539.0, 540.0, 540.0, 539.0, 539.0, 540.0, 541.0, 543.0, 546.0, 549.0, 551.0, 554.0, 555.0, 554.0, 554.0, 556.0, 556.0, 557.0, 556.0, 553.0, 550.0, 550.0, 550.0, 549.0, 550.0, 552.0, 555.0, 559.0, 565.0, 570.0, 574.0, 579.0, 585.0, 591.0, 596.0, 598.0, 605.0, 611.0, 616.0, 616.0, 599.0, 598.0, 607.0, 599.0, 588.0, 578.0, 577.0, 575.0, 571.0, 569.0, 570.0, 568.0, 565.0, 562.0, 559.0, 556.0, 552.0, 549.0, 545.0, 540.0, 538.0, 536.0, 536.0, 535.0, 536.0, 536.0, 537.0, 537.0, 537.0, 538.0, 539.0, 538.0, 537.0, 537.0, 538.0, 538.0, 537.0, 537.0, 539.0, 541.0, 541.0, 540.0, 539.0, 539.0, 540.0, 541.0, 542.0, 542.0, 542.0, 540.0, 537.0, 534.0, 532.0, 529.0, 525.0, 523.0, 520.0, 515.0, 511.0, 505.0, 503.0, 502.0, 498.0, 498.0, 496.0, 495.0, 490.0, 485.0, 476.0, 471.0, 460.0, 453.0, 453.0, 450.0, 449.0, 446.0, 440.0, 434.0, 415.0, 396.0, 387.0, 382.0, 369.0, 359.0, 356.0, 355.0, 359.0, 354.0, 356.0, 358.0, 354.0, 359.0, 351.0, 346.0, 351.0, 350.0, 345.0, 335.0, 324.0, 310.0, 277.0, 261.0, 263.0, 276.0, 288.0, 285.0, 287.0, 281.0, 269.0, 195.0, 123.0, 95.0, 72.0, 70.0, 44.0, 33.0, 32.0, 32.0, 32.0, 33.0, 31.0, 30.0, 29.0, 32.0, 30.0, 28.0, 27.0, 27.0, 26.0, 26.0, 26.0, 26.0], "WindowWidth": [67.0, 67.0, 67.0, 70.0, 71.0, 72.0, 71.0, 73.0, 75.0, 80.0, 82.0, 79.0, 80.0, 79.0, 79.0, 81.0, 87.0, 86.0, 184.0, 259.0, 377.0, 461.0, 523.0, 559.0, 508.0, 470.0, 449.0, 474.0, 481.0, 539.0, 615.0, 647.0, 708.0, 711.0, 709.0, 723.0, 729.0, 728.0, 733.0, 730.0, 732.0, 733.0, 739.0, 754.0, 784.0, 810.0, 827.0, 859.0, 888.0, 911.0, 929.0, 939.0, 947.0, 958.0, 959.0, 963.0, 966.0, 982.0, 989.0, 998.0, 1003.0, 1009.0, 1016.0, 1021.0, 1020.0, 1019.0, 1024.0, 1025.0, 1027.0, 1032.0, 1034.0, 1040.0, 1044.0, 1049.0, 1053.0, 1060.0, 1069.0, 1073.0, 1075.0, 1075.0, 1074.0, 1072.0, 1073.0, 1072.0, 1075.0, 1076.0, 1072.0, 1070.0, 1072.0, 1075.0, 1078.0, 1082.0, 1090.0, 1096.0, 1099.0, 1106.0, 1108.0, 1107.0, 1108.0, 1112.0, 1117.0, 1119.0, 1117.0, 1112.0, 1108.0, 1109.0, 1111.0, 1111.0, 1113.0, 1115.0, 1116.0, 1124.0, 1135.0, 1146.0, 1155.0, 1163.0, 1174.0, 1183.0, 1192.0, 1200.0, 1215.0, 1226.0, 1234.0, 1233.0, 1196.0, 1198.0, 1225.0, 1208.0, 1191.0, 1179.0, 1173.0, 1170.0, 1161.0, 1154.0, 1151.0, 1142.0, 1136.0, 1128.0, 1122.0, 1117.0, 1110.0, 1104.0, 1097.0, 1089.0, 1084.0, 1078.0, 1080.0, 1078.0, 1077.0, 1079.0, 1081.0, 1080.0, 1081.0, 1082.0, 1083.0, 1078.0, 1075.0, 1075.0, 1077.0, 1074.0, 1071.0, 1072.0, 1074.0, 1080.0, 1081.0, 1078.0, 1077.0, 1077.0, 1081.0, 1083.0, 1085.0, 1087.0, 1086.0, 1084.0, 1080.0, 1077.0, 1077.0, 1072.0, 1066.0, 1065.0, 1058.0, 1052.0, 1046.0, 1037.0, 1037.0, 1035.0, 1030.0, 1030.0, 1028.0, 1028.0, 1022.0, 1011.0, 996.0, 987.0, 967.0, 955.0, 952.0, 946.0, 944.0, 942.0, 933.0, 923.0, 891.0, 858.0, 839.0, 828.0, 804.0, 778.0, 771.0, 771.0, 776.0, 765.0, 768.0, 771.0, 764.0, 771.0, 753.0, 740.0, 746.0, 742.0, 727.0, 698.0, 671.0, 645.0, 586.0, 550.0, 547.0, 560.0, 578.0, 577.0, 577.0, 562.0, 536.0, 425.0, 314.0, 267.0, 222.0, 209.0, 122.0, 87.0, 86.0, 84.0, 85.0, 89.0, 84.0, 80.0, 78.0, 84.0, 80.0, 72.0, 70.0, 69.0, 69.0, 69.0, 67.0, 67.0]}}}