{
    "AcquisitionMatrixPE": 96,
    "AcquisitionNumber": 1,
    "AcquisitionTime": "07:55:47.905000",
    "BandwidthPerPixelPhaseEncode": 33.602,
    "BaseResolution": 96,
    "BodyPartExamined": "BRAIN",
    "ConsistencyInfo": "N4_VD11D_LATEST_20110129",
    "ConversionSoftware": "dcm2niix",
    "ConversionSoftwareVersion": "v1.0.20210317",
    "DerivedVendorReportedEchoSpacing": 0.000620003,
    "DeviceSerialNumber": "45239",
    "DwellTime": 2.6e-06,
    "EchoTime": 0.03,
    "EchoTrainLength": 48,
    "EffectiveEchoSpacing": 0.000310001,
    "FlipAngle": 63,
    "ImageComments": "Unaliased MB4/PE3",
    "ImageOrientationPatientDICOM": [
        0.999956,
        -0.00829818,
        0.0044681,
        0.00942464,
        0.880438,
        -0.474067
    ],
    "ImageType": [
        "ORIGINAL",
        "PRIMARY",
        "M",
        "ND",
        "NORM",
        "MOSAIC"
    ],
    "ImagingFrequency": 123.193,
    "InPlanePhaseEncodingDirectionDICOM": "COL",
    "InstitutionAddress": "E 24th St. 100,Austin,Southmiddle,US,78712",
    "InstitutionName": "Univ of Texas at Austin",
    "InstitutionalDepartmentName": "IRC",
    "MRAcquisitionType": "2D",
    "MagneticFieldStrength": 3,
    "Manufacturer": "Siemens",
    "ManufacturersModelName": "Skyra",
    "Modality": "MR",
    "MultibandAccelerationFactor": 4,
    "ParallelReductionFactorInPlane": 2,
    "PartialFourier": 1,
    "PatientPosition": "HFS",
    "PercentPhaseFOV": 100,
    "PercentSampling": 100,
    "PhaseEncodingDirection": "j-",
    "PhaseEncodingSteps": 96,
    "PhaseResolution": 1,
    "PixelBandwidth": 2005,
    "ProcedureStepDescription": "Poldrack2^self-scanning",
    "ProtocolName": "N-back fMRI MBEPI_matrix96_BW200",
    "PulseSequenceDetails": "%CustomerSeq%\\cmrr_mbep2d_bold",
    "ReceiveCoilActiveElements": "HEA;HEP",
    "ReceiveCoilName": "Head_32",
    "ReconMatrixPE": 96,
    "RefLinesPE": 94,
    "RepetitionTime": 1.16,
    "SAR": 0.0949068,
    "ScanOptions": "FS",
    "ScanningSequence": "EP",
    "SequenceName": "epfid2d1_96",
    "SequenceVariant": "SK",
    "SeriesDescription": "N-back fMRI MBEPI_matrix96_BW200",
    "SeriesNumber": 8,
    "ShimSetting": [
        -2801,
        8105,
        -15592,
        -774,
        -15,
        -330,
        43,
        -56
    ],
    "SliceThickness": 2,
    "SliceTiming": [
        0,
        0.5,
        0.9975,
        0.3575,
        0.855,
        0.215,
        0.7125,
        0.0725,
        0.57,
        1.07,
        0.4275,
        0.9275,
        0.285,
        0.785,
        0.1425,
        0.6425,
        0,
        0.5,
        0.9975,
        0.3575,
        0.855,
        0.215,
        0.7125,
        0.0725,
        0.57,
        1.07,
        0.4275,
        0.9275,
        0.285,
        0.785,
        0.1425,
        0.6425,
        0,
        0.5,
        0.9975,
        0.3575,
        0.855,
        0.215,
        0.7125,
        0.0725,
        0.57,
        1.07,
        0.4275,
        0.9275,
        0.285,
        0.785,
        0.1425,
        0.6425,
        0,
        0.5,
        0.9975,
        0.3575,
        0.855,
        0.215,
        0.7125,
        0.0725,
        0.57,
        1.07,
        0.4275,
        0.9275,
        0.285,
        0.785,
        0.1425,
        0.6425
    ],
    "SoftwareVersions": "syngo MR D11",
    "SpacingBetweenSlices": 2.4,
    "StationName": "AWP45239",
    "TaskName": "N-back task",
    "TotalReadoutTime": 0.0294501,
    "TxRefAmp": 333.641,
    "WipMemBlock": "0fc93810-bcca-474f-9f2e-609898de9deb||Sequence: VD11D r206; Feb 13 2013 18:52:04 by eja",
    "dcmmeta_affine": [
        [
            -2.3957269191741943,
            0.022579854354262352,
            -1.3720157454599757e-08,
            118.17633819580078
        ],
        [
            0.019881056621670723,
            2.1093831062316895,
            -1.1378117799758911,
            -81.4051742553711
        ],
        [
            0.010704831220209599,
            1.1357859373092651,
            2.113145589828491,
            -86.9021987915039
        ],
        [
            0.0,
            0.0,
            0.0,
            1.0
        ]
    ],
    "dcmmeta_reorient_transform": [
        [
            0.0,
            -1.0,
            0.0,
            95.0
        ],
        [
            1.0,
            0.0,
            0.0,
            0.0
        ],
        [
            0.0,
            0.0,
            1.0,
            0.0
        ],
        [
            0.0,
            0.0,
            0.0,
            1.0
        ]
    ],
    "dcmmeta_shape": [
        96,
        96,
        64,
        380
    ],
    "dcmmeta_slice_dim": 2,
    "dcmmeta_version": 0.6,
    "global": {
        "const": {
            "AcquisitionMatrix": [
                96,
                0,
                0,
                96
            ],
            "AngioFlag": "N",
            "BitsAllocated": 16,
            "BitsStored": 16,
            "BodyPartExamined": "BRAIN",
            "Columns": 768,
            "EchoNumbers": 1,
            "EchoTime": 30.0,
            "EchoTrainLength": 48,
            "FlipAngle": 63.0,
            "HighBit": 15,
            "ImageOrientationPatient": [
                0.99995558714011,
                -0.0082981804372,
                0.0044681034801,
                0.00942463512701,
                0.88043824182256,
                -0.4740671667487
            ],
            "ImagePositionPatient": [
                -932.87247998074,
                -821.05896009268,
                399.02469229648
            ],
            "ImageType": [
                "ORIGINAL",
                "PRIMARY",
                "M",
                "ND",
                "NORM",
                "MOSAIC"
            ],
            "ImagedNucleus": "1H",
            "ImagingFrequency": 123.193469,
            "InPlanePhaseEncodingDirection": "COL",
            "MRAcquisitionType": "2D",
            "MagneticFieldStrength": 3.0,
            "Manufacturer": "SIEMENS",
            "ManufacturerModelName": "Skyra",
            "Modality": "MR",
            "NumberOfAverages": 1.0,
            "NumberOfPhaseEncodingSteps": 96,
            "PercentPhaseFieldOfView": 100.0,
            "PercentSampling": 100.0,
            "PerformedProcedureStepStartTime": "073042.390000",
            "PhotometricInterpretation": "MONOCHROME2",
            "PixelBandwidth": 2005.0,
            "PixelRepresentation": 0,
            "PixelSpacing": [
                2.3958332538605,
                2.3958332538605
            ],
            "ProtocolName": "N-back fMRI MBEPI_matrix96_BW200",
            "RepetitionTime": 1160.0,
            "Rows": 768,
            "SAR": 0.09490681484418,
            "SamplesPerPixel": 1,
            "ScanOptions": "FS",
            "ScanningSequence": "EP",
            "SequenceName": "epfid2d1_96",
            "SequenceVariant": "SK",
            "SeriesDescription": "N-back fMRI MBEPI_matrix96_BW200",
            "SeriesNumber": 8,
            "SeriesTime": "075626.500000",
            "SliceLocation": -37.922185931796,
            "SliceThickness": 2.0,
            "SmallestImagePixelValue": 0,
            "SoftwareVersions": "syngo MR D11",
            "SpacingBetweenSlices": 2.3999999810286,
            "SpecificCharacterSet": "ISO_IR 100",
            "StudyID": "1",
            "StudyTime": "073042.343000",
            "TransmitCoilName": "Body",
            "VariableFlipAngleFlag": "N",
            "WindowCenterWidthExplanation": "Algo1",
            "dBdt": 0.0
        },
