{"AcquisitionMatrixPE": 96, "AcquisitionNumber": 1, "AcquisitionTime": "07:45:50.405000", "BandwidthPerPixelPhaseEncode": 33.602, "BaseResolution": 96, "BodyPartExamined": "BRAIN", "ConsistencyInfo": "N4_VD11D_LATEST_20110129", "ConversionSoftware": "dcm2niix", "ConversionSoftwareVersion": "v1.0.20210317", "DerivedVendorReportedEchoSpacing": 0.000620003, "DeviceSerialNumber": "45239", "DwellTime": 2.6e-06, "EchoTime": 0.03, "EchoTrainLength": 48, "EffectiveEchoSpacing": 0.000310001, "FlipAngle": 63, "ImageComments": "Unaliased MB4/PE3", "ImageOrientationPatientDICOM": [0.999363, -0.0315935, 0.0165869, 0.035683, 0.88483, -0.464546], "ImageType": ["ORIGINAL", "PRIMARY", "M", "ND", "NORM", "MOSAIC"], "ImagingFrequency": 123.193, "InPlanePhaseEncodingDirectionDICOM": "COL", "InstitutionAddress": "E 24th St. 100,Austin,Southmiddle,US,78712", "InstitutionName": "Univ of Texas at Austin", "InstitutionalDepartmentName": "IRC", "MRAcquisitionType": "2D", "MagneticFieldStrength": 3, "Manufacturer": "Siemens", "ManufacturersModelName": "Skyra", "Modality": "MR", "MultibandAccelerationFactor": 4, "ParallelReductionFactorInPlane": 2, "PartialFourier": 1, "PatientPosition": "HFS", "PercentPhaseFOV": 100, "PercentSampling": 100, "PhaseEncodingDirection": "j-", "PhaseEncodingSteps": 96, "PhaseResolution": 1, "PixelBandwidth": 2005, "ProcedureStepDescription": "Poldrack2^self-scanning", "ProtocolName": "Resting State fMRI MBEPI_matrix96_BW2004", "PulseSequenceDetails": "%CustomerSeq%\\cmrr_mbep2d_bold", "ReceiveCoilActiveElements": "HEA;HEP", "ReceiveCoilName": "Head_32", "ReconMatrixPE": 96, "RefLinesPE": 94, "RepetitionTime": 1.16, "SAR": 0.101935, "ScanOptions": "FS", "ScanningSequence": "EP", "SequenceName": "epfid2d1_96", "SequenceVariant": "SK", "SeriesDescription": "Resting State fMRI MBEPI_matrix96_BW2004", "SeriesNumber": 6, "ShimSetting": [-2757, 8053, -15442, 184, -171, 160, 246, -57], "SliceThickness": 2, "SliceTiming": [0, 0.5, 0.9975, 0.3575, 0.855, 0.215, 0.7125, 0.0725, 0.57, 1.07, 0.4275, 0.9275, 0.285, 0.785, 0.1425, 0.6425, 0, 0.5, 0.9975, 0.3575, 0.855, 0.215, 0.7125, 0.0725, 0.57, 1.07, 0.4275, 0.9275, 0.285, 0.785, 0.1425, 0.6425, 0, 0.5, 0.9975, 0.3575, 0.855, 0.215, 0.7125, 0.0725, 0.57, 1.07, 0.4275, 0.9275, 0.285, 0.785, 0.1425, 0.6425, 0, 0.5, 0.9975, 0.3575, 0.855, 0.215, 0.7125, 0.0725, 0.57, 1.07, 0.4275, 0.9275, 0.285, 0.785, 0.1425, 0.6425], "SoftwareVersions": "syngo MR D11", "SpacingBetweenSlices": 2.4, "StationName": "AWP45239", "TaskName": "Resting fmri", "TotalReadoutTime": 0.0294501, "TxRefAmp": 343.118, "WipMemBlock": "d90798d9-6a60-47f0-ab97-7fa7bac1ab77||Sequence: VD11D r206; Feb 13 2013 18:52:04 by eja", "dcmmeta_affine": [[-2.3943073749542236, 0.08549043536186218, -3.034692142023232e-08, 111.5404281616211], [0.07569269835948944, 2.1199045181274414, -1.1156208515167236, -89.96097564697266], [0.039739519357681274, 1.112974762916565, 2.1249446868896484, -84.56620025634766], [0.0, 0.0, 0.0, 1.0]], "dcmmeta_reorient_transform": [[0.0, -1.0, 0.0, 95.0], [1.0, 0.0, 0.0, 0.0], [0.0, 0.0, 1.0, 0.0], [0.0, 0.0, 0.0, 1.0]], "dcmmeta_shape": [96, 96, 64, 518], "dcmmeta_slice_dim": 2, "dcmmeta_version": 0.6, "global": {"const": {"AcquisitionMatrix": [96, 0, 0, 96], "AngioFlag": "N", "BitsAllocated": 16, "BitsStored": 16, "BodyPartExamined": "BRAIN", "Columns": 768, "EchoNumbers": 1, "EchoTime": 30.0, "EchoTrainLength": 48, "FlipAngle": 63.0, "HighBit": 15, "ImageOrientationPatient": [0.99936316019766, -0.0315934765877, 0.01658693090487, 0.03568296568028, 0.88482978151229, -0.4645459974095], "ImagePositionPatient": [-952.8741207104, -798.28516906284, 381.7734391164], "ImageType": ["ORIGINAL", "PRIMARY", "M", "ND", "NORM", "MOSAIC"], "ImagedNucleus": "1H", "ImagingFrequency": 123.193279, "InPlanePhaseEncodingDirection": "COL", "MRAcquisitionType": "2D", "MagneticFieldStrength": 3.0, "Manufacturer": "SIEMENS", "ManufacturerModelName": "Skyra", "Modality": "MR", "NumberOfAverages": 1.0, "NumberOfPhaseEncodingSteps": 96, "PercentPhaseFieldOfView": 100.0, "PercentSampling": 100.0, "PerformedProcedureStepStartTime": "072120.546000", "PhotometricInterpretation": "MONOCHROME2", "PixelBandwidth": 2005.0, "PixelRepresentation": 0, "PixelSpacing": [2.3958332538605, 2.3958332538605], "ProtocolName": "Resting State fMRI MBEPI_matrix96_BW2004", "RepetitionTime": 1160.0, "Rows": 768, "SAR": 0.10193500831944, "SamplesPerPixel": 1, "ScanOptions": "FS", "ScanningSequence": "EP", "SequenceName": "epfid2d1_96", "SequenceVariant": "SK", "SeriesDescription": "Resting State fMRI MBEPI_matrix96_BW2004", "SeriesNumber": 6, "SeriesTime": "074628.531000", "SliceLocation": -33.056734845437, "SliceThickness": 2.0, "SmallestImagePixelValue": 0, "SoftwareVersions": "syngo MR D11", "SpacingBetweenSlices": 2.4000000093996, "SpecificCharacterSet": "ISO_IR 100", "StudyID": "1", "StudyTime": "072120.500000", "TransmitCoilName": "Body", "VariableFlipAngleFlag": "N", "WindowCenterWidthExplanation": "Algo1", "dBdt": 0.0}, "slices": {}}, "time": {"samples": {"AcquisitionNumber": [1, 2, 3, 4, 5, 6, 7, 8, 9, 10, 11, 12, 13, 14, 15, 16, 17, 18, 19, 20, 21, 22, 23, 24, 25, 26, 27, 28, 29, 30, 31, 32, 33, 34, 35, 36, 37, 38, 39, 40, 41, 42, 43, 44, 45, 46, 47, 48, 49, 50, 51, 52, 53, 54, 55, 56, 57, 58, 59, 60, 61, 62, 63, 64, 65, 66, 67, 68, 69, 70, 71, 72, 73, 74, 75, 76, 77, 78, 79, 80, 81, 82, 83, 84, 85, 86, 87, 88, 89, 90, 91, 92, 93, 94, 95, 96, 97, 98, 99, 100, 101, 102, 103, 104, 105, 106, 107, 108, 109, 110, 111, 112, 113, 114, 115, 116, 117, 118, 119, 120, 121, 122, 123, 124, 125, 126, 127, 128, 129, 130, 131, 132, 133, 134, 135, 136, 137, 138, 139, 140, 141, 142, 143, 144, 145, 146, 147, 148, 149, 150, 151, 152, 153, 154, 155, 156, 157, 158, 159, 160, 161, 162, 163, 164, 165, 166, 167, 168, 169, 170, 171, 172, 173, 174, 175, 176, 177, 178, 179, 180, 181, 182, 183, 184, 185, 186, 187, 188, 189, 190, 191, 192, 193, 194, 195, 196, 197, 198, 199, 200, 201, 202, 203, 204, 205, 206, 207, 208, 209, 210, 211, 212, 213, 214, 215, 216, 217, 218, 219, 220, 221, 222, 223, 224, 225, 226, 227, 228, 229, 230, 231, 232, 233, 234, 235, 236, 237, 238, 239, 240, 241, 242, 243, 244, 245, 246, 247, 248, 249, 250, 251, 252, 253, 254, 255, 256, 257, 258, 259, 260, 261, 262, 263, 264, 265, 266, 267, 268, 269, 270, 271, 272, 273, 274, 275, 276, 277, 278, 279, 280, 281, 282, 283, 284, 285, 286, 287, 288, 289, 290, 291, 292, 293, 294, 295, 296, 297, 298, 299, 300, 301, 302, 303, 304, 305, 306, 307, 308, 309, 310, 311, 312, 313, 314, 315, 316, 317, 318, 319, 320, 321, 322, 323, 324, 325, 326, 327, 328, 329, 330, 331, 332, 333, 334, 335, 336, 337, 338, 339, 340, 341, 342, 343, 344, 345, 346, 347, 348, 349, 350, 351, 352, 353, 354, 355, 356, 357, 358, 359, 360, 361, 362, 363, 364, 365, 366, 367, 368, 369, 370, 371, 372, 373, 374, 375, 376, 377, 378, 379, 380, 381, 382, 383, 384, 385, 386, 387, 388, 389, 390, 391, 392, 393, 394, 395, 396, 397, 398, 399, 400, 401, 402, 403, 404, 405, 406, 407, 408, 409, 410, 411, 412, 413, 414, 415, 416, 417, 418, 419, 420, 421, 422, 423, 424, 425, 426, 427, 428, 429, 430, 431, 432, 433, 434, 435, 436, 437, 438, 439, 440, 441, 442, 443, 444, 445, 446, 447, 448, 449, 450, 451, 452, 453, 454, 455, 456, 457, 458, 459, 460, 461, 462, 463, 464, 465, 466, 467, 468, 469, 470, 471, 472, 473, 474, 475, 476, 477, 478, 479, 480, 481, 482, 483, 484, 485, 486, 487, 488, 489, 490, 491, 492, 493, 494, 495, 496, 497, 498, 499, 500, 501, 502, 503, 504, 505, 506, 507, 508, 509, 510, 511, 512, 513, 514, 515, 516, 517, 518], "AcquisitionTime": ["074550.405000", "074619.402500", "074620.562500", "074621.722500", "074622.882500", "074624.045000", "074625.205000", "074626.365000", "074627.525000", "074628.685000", "074629.845000", "074631.005000", "074632.165000", "074633.325000", "074634.485000", "074635.645000", "074636.805000", "074637.965000", "074639.125000", "074640.285000", "074641.445000", "074642.605000", "074643.765000", "074644.925000", "074646.085000", "074647.245000", "074648.405000", "074649.565000", "074650.725000", "074651.885000", "074653.045000", "074654.205000", "074655.365000", "074656.525000", "074657.685000", "074658.845000", "074700.005000", "074701.165000", "074702.325000", "074703.485000", "074704.645000", "074705.805000", "074706.965000", "074708.125000", "074709.285000", "074710.445000", "074711.605000", "074712.765000", "074713.925000", "074715.085000", "074716.245000", "074717.405000", "074718.565000", "074719.725000", "074720.885000", "074722.045000", "074723.205000", "074724.365000", "074725.525000", "074726.685000", "074727.845000", "074729.005000", "074730.165000", "074731.325000", "074732.485000", "074733.645000", "074734.805000", "074735.965000", "074737.125000", "074738.285000", "074739.445000", "074740.605000", "074741.765000", "074742.925000", "074744.085000", "074745.245000", "074746.405000", "074747.565000", "074748.725000", "074749.885000", "074751.045000", "074752.205000", "074753.365000", "074754.525000", "074755.685000", "074756.845000", "074758.005000", "074759.165000", "074800.325000", "074801.485000", "074802.645000", "074803.805000", "074804.965000", "074806.125000", "074807.285000", "074808.445000", "074809.605000", "074810.765000", "074811.925000", "074813.085000", "074814.245000", "074815.405000", "074816.565000", "074817.725000", "074818.885000", "074820.045000", "074821.205000", "074822.365000", "074823.525000", "074824.685000", "074825.845000", "074827.005000", "074828.165000", "074829.325000", "074830.485000", "074831.645000", "074832.805000", "074833.965000", "074835.125000", "074836.285000", "074837.445000", "074838.605000", "074839.765000", "074840.925000", "074842.085000", "074843.245000", "074844.405000", "074845.565000", "074846.725000", "074847.885000", "074849.045000", "074850.205000", "074851.365000", "074852.525000", "074853.685000", "074854.845000", "074856.005000", "074857.165000", "074858.325000", "074859.485000", "074900.645000", "074901.805000", "074902.965000", "074904.125000", "074905.285000", "074906.445000", "074907.605000", "074908.765000", "074909.925000", "074911.085000", "074912.245000", "074913.405000", "074914.565000", "074915.725000", "074916.885000", "074918.045000", "074919.205000", "074920.365000", "074921.525000", "074922.685000", "074923.845000", "074925.005000", "074926.165000", "074927.325000", "074928.485000", "074929.645000", "074930.805000", "074931.965000", "074933.125000", "074934.285000", "074935.445000", "074936.605000", "074937.765000", "074938.925000", "074940.085000", "074941.245000", "074942.405000", "074943.565000", "074944.725000", "074945.885000", "074947.045000", "074948.205000", "074949.365000", "074950.525000", "074951.685000", "074952.845000", "074954.005000", "074955.165000", "074956.325000", "074957.485000", "074958.645000", "074959.805000", "075000.965000", "075002.125000", "075003.285000", "075004.445000", "075005.605000", "075006.765000", "075007.925000", "075009.085000", "075010.245000", "075011.405000", "075012.565000", "075013.725000", "075014.885000", "075016.045000", "075017.205000", "075018.365000", "075019.525000", "075020.685000", "075021.845000", "075023.005000", "075024.165000", "075025.325000", "075026.485000", "075027.645000", "075028.805000", "075029.965000", "075031.125000", "075032.285000", "075033.445000", "075034.605000", "075035.765000", "075036.925000", "075038.085000", "075039.245000", "075040.405000", "075041.565000", "075042.725000", "075043.885000", "075045.045000", "075046.205000", "075047.365000", "075048.525000", "075049.685000", "075050.845000", "075052.005000", "075053.165000", "075054.325000", "075055.485000", "075056.645000", "075057.805000", "075058.965000", "075100.125000", "075101.285000", "075102.445000", "075103.605000", "075104.765000", "075105.925000", "075107.085000", "075108.245000", "075109.405000", "075110.565000", "075111.725000", "075112.885000", "075114.047500", "075115.207500", "075116.367500", "075117.527500", "075118.687500", "075119.847500", "075121.007500", "075122.167500", "075123.327500", "075124.487500", "075125.647500", "075126.807500", "075127.967500", "075129.127500", "075130.287500", "075131.447500", "075132.607500", "075133.767500", "075134.927500", "075136.087500", "075137.247500", "075138.407500", "075139.567500", "075140.727500", "075141.887500", "075143.047500", "075144.207500", "075145.367500", "075146.527500", "075147.687500", "075148.847500", "075150.007500", "075151.167500", "075152.327500", "075153.487500", "075154.647500", "075155.807500", "075156.967500", "075158.127500", "075159.287500", "075200.447500", "075201.607500", "075202.767500", "075203.927500", "075205.087500", "075206.247500", "075207.407500", "075208.567500", "075209.727500", "075210.887500", "075212.047500", "075213.207500", "075214.367500", "075215.527500", "075216.687500", "075217.847500", "075219.007500", "075220.167500", "075221.327500", "075222.487500", "075223.647500", "075224.807500", "075225.967500", "075227.127500", "075228.287500", "075229.447500", "075230.607500", "075231.767500", "075232.927500", "075234.087500", "075235.247500", "075236.407500", "075237.567500", "075238.727500", "075239.887500", "075241.047500", "075242.207500", "075243.367500", "075244.527500", "075245.687500", "075246.847500", "075248.007500", "075249.167500", "075250.327500", "075251.487500", "075252.647500", "075253.807500", "075254.967500", "075256.127500", "075257.287500", "075258.447500", "075259.607500", "075300.767500", "075301.927500", "075303.087500", "075304.247500", "075305.407500", "075306.567500", "075307.727500", "075308.887500", "075310.047500", "075311.207500", "075312.367500", "075313.527500", "075314.687500", "075315.847500", "075317.007500", "075318.167500", "075319.327500", "075320.487500", "075321.647500", "075322.807500", "075323.967500", "075325.127500", "075326.287500", "075327.447500", "075328.607500", "075329.767500", "075330.927500", "075332.087500", "075333.247500", "075334.407500", "075335.567500", "075336.727500", "075337.887500", "075339.047500", "075340.207500", "075341.367500", "075342.527500", "075343.687500", "075344.847500", "075346.007500", "075347.167500", "075348.327500", "075349.487500", "075350.647500", "075351.807500", "075352.967500", "075354.127500", "075355.287500", "075356.447500", "075357.607500", "075358.767500", "075359.927500", "075401.087500", "075402.247500", "075403.407500", "075404.567500", "075405.727500", "075406.887500", "075408.047500", "075409.207500", "075410.367500", "075411.527500", "075412.687500", "075413.847500", "075415.007500", "075416.167500", "075417.327500", "075418.487500", "075419.647500", "075420.807500", "075421.967500", "075423.127500", "075424.287500", "075425.447500", "075426.607500", "075427.767500", "075428.927500", "075430.087500", "075431.247500", "075432.407500", "075433.567500", "075434.727500", "075435.887500", "075437.047500", "075438.207500", "075439.367500", "075440.527500", "075441.687500", "075442.847500", "075444.007500", "075445.167500", "075446.327500", "075447.487500", "075448.647500", "075449.807500", "075450.967500", "075452.127500", "075453.287500", "075454.447500", "075455.607500", "075456.767500", "075457.927500", "075459.087500", "075500.247500", "075501.407500", "075502.567500", "075503.727500", "075504.887500", "075506.047500", "075507.207500", "075508.367500", "075509.527500", "075510.687500", "075511.847500", "075513.007500", "075514.167500", "075515.327500", "075516.487500", "075517.647500", "075518.807500", "075519.967500", "075521.127500", "075522.287500", "075523.447500", "075524.607500", "075525.767500", "075526.927500", "075528.087500", "075529.247500", "075530.407500", "075531.567500", "075532.727500", "075533.887500", "075535.047500", "075536.207500", "075537.367500", "075538.527500", "075539.687500", "075540.847500", "075542.007500", "075543.167500", "075544.327500", "075545.487500", "075546.647500", "075547.807500", "075548.967500", "075550.127500", "075551.287500", "075552.447500", "075553.607500", "075554.767500", "075555.927500", "075557.087500", "075558.247500", "075559.407500", "075600.567500", "075601.727500", "075602.887500", "075604.050000", "075605.210000", "075606.370000", "075607.530000", "075608.690000", "075609.850000", "075611.010000", "075612.170000", "075613.330000", "075614.490000", "075615.650000", "075616.810000", "075617.970000"], "ContentTime": ["074628.531000", "074635.484000", "074635.484000", "074635.484000", "074635.500000", "074635.500000", "074635.500000", "074640.484000", "074640.484000", "074640.484000", "074645.484000", "074645.484000", "074645.500000", "074645.500000", "074650.484000", "074650.484000", "074650.484000", "074650.500000", "074655.484000", "074655.484000", "074655.484000", "074700.484000", "074700.484000", "074700.484000", "074700.500000", "074705.484000", "074705.484000", "074705.484000", "074710.484000", "074710.500000", "074710.500000", "074710.500000", "074715.484000", "074715.484000", "074715.484000", "074720.484000", "074720.484000", "074720.484000", "074720.500000", "074725.484000", "074725.500000", "074725.500000", "074725.515000", "074730.484000", "074730.484000", "074730.484000", "074735.484000", "074735.484000", "074735.500000", "074735.500000", "074740.484000", "074740.484000", "074740.484000", "074740.500000", "074745.484000", "074745.484000", "074745.484000", "074750.484000", "074750.484000", "074750.484000", "074755.484000", "074755.484000", "074755.484000", "074755.500000", "074800.484000", "074800.484000", "074800.500000", "074800.500000", "074805.484000", "074805.484000", "074805.484000", "074810.484000", "074810.484000", "074810.484000", "074810.500000", "074815.484000", "074815.484000", "074815.484000", "074815.500000", "074820.484000", "074820.484000", "074820.500000", "074820.500000", "074825.484000", "074825.484000", "074825.500000", "074825.500000", "074830.484000", "074830.500000", "074830.500000", "074835.484000", "074835.484000", "074835.500000", "074835.500000", "074840.484000", "074840.484000", "074840.484000", "074840.500000", "074845.484000", "074845.484000", "074845.484000", "074845.500000", "074850.484000", "074850.484000", "074850.500000", "074850.500000", "074855.484000", "074855.484000", "074855.500000", "074855.500000", "074900.484000", "074900.484000", "074900.484000", "074900.500000", "074905.484000", "074905.484000", "074905.484000", "074910.484000", "074910.484000", "074910.484000", "074910.531000", "074915.484000", "074915.484000", "074915.484000", "074915.500000", "074920.484000", "074920.484000", "074920.500000", "074925.484000", "074925.484000", "074925.484000", "074925.500000", "074930.484000", "074930.484000", "074930.484000", "074930.500000", "074935.484000", "074935.484000", "074935.500000", "074935.500000", "074940.484000", "074940.484000", "074940.500000", "074940.500000", "074945.484000", "074945.484000", "074945.500000", "074950.484000", "074950.484000", "074950.484000", "074950.500000", "074955.484000", "074955.515000", "074955.515000", "074955.531000", "075000.484000", "075000.484000", "075000.484000", "075005.484000", "075005.484000", "075005.484000", "075005.500000", "075010.484000", "075010.484000", "075010.484000", "075010.500000", "075015.484000", "075015.500000", "075015.500000", "075020.484000", "075020.484000", "075020.484000", "075020.500000", "075025.484000", "075025.484000", "075025.484000", "075030.484000", "075030.484000", "075030.484000", "075030.500000", "075035.484000", "075035.484000", "075035.484000", "075035.500000", "075040.484000", "075040.484000", "075040.500000", "075040.500000", "075045.484000", "075045.484000", "075045.484000", "075050.484000", "075050.484000", "075050.484000", "075050.500000", "075055.484000", "075055.484000", "075055.484000", "075055.500000", "075100.484000", "075100.484000", "075100.484000", "075105.484000", "075105.484000", "075105.484000", "075105.500000", "075110.484000", "075110.484000", "075110.484000", "075115.484000", "075115.484000", "075115.484000", "075115.500000", "075120.484000", "075120.484000", "075120.484000", "075120.500000", "075125.484000", "075125.484000", "075125.500000", "075130.484000", "075130.484000", "075130.500000", "075130.500000", "075135.484000", "075135.484000", "075135.500000", "075140.484000", "075140.500000", "075140.500000", "075140.500000", "075140.500000", "075145.484000", "075145.484000", "075145.500000", "075150.484000", "075150.484000", "075150.500000", "075150.500000", "075155.484000", "075155.500000", "075155.500000", "075155.500000", "075200.484000", "075200.484000", "075200.500000", "075205.484000", "075205.484000", "075205.500000", "075205.500000", "075210.484000", "075210.484000", "075210.484000", "075210.500000", "075215.484000", "075215.484000", "075215.484000", "075215.500000", "075220.484000", "075220.484000", "075220.484000", "075225.484000", "075225.484000", "075225.500000", "075225.500000", "075230.484000", "075230.484000", "075230.484000", "075230.500000", "075235.484000", "075235.484000", "075235.500000", "075240.484000", "075240.484000", "075240.500000", "075240.500000", "075245.484000", "075245.484000", "075245.484000", "075245.500000", "075250.484000", "075250.484000", "075250.500000", "075250.500000", "075255.484000", "075255.484000", "075255.484000", "075300.531000", "075300.546000", "075300.546000", "075300.546000", "075305.484000", "075305.484000", "075305.484000", "075305.500000", "075310.500000", "075310.500000", "075310.515000", "075315.484000", "075315.484000", "075315.500000", "075315.500000", "075320.484000", "075320.484000", "075320.500000", "075320.500000", "075325.484000", "075325.484000", "075325.500000", "075325.500000", "075330.484000", "075330.484000", "075330.484000", "075330.500000", "075335.484000", "075335.484000", "075335.484000", "075340.484000", "075340.484000", "075340.484000", "075340.500000", "075345.484000", "075345.484000", "075345.500000", "075350.484000", "075350.484000", "075350.500000", "075350.500000", "075355.484000", "075355.500000", "075355.500000", "075355.500000", "075400.484000", "075400.484000", "075400.484000", "075400.500000", "075405.484000", "075405.500000", "075405.500000", "075410.484000", "075410.500000", "075410.500000", "075410.515000", "075415.484000", "075415.484000", "075415.500000", "075415.500000", "075420.484000", "075420.500000", "075420.500000", "075420.500000", "075425.484000", "075425.500000", "075425.500000", "075430.484000", "075430.484000", "075430.484000", "075430.500000", "075435.484000", "075435.484000", "075435.500000", "075435.500000", "075440.484000", "075440.484000", "075440.484000", "075445.484000", "075445.484000", "075445.484000", "075445.500000", "075450.484000", "075450.500000", "075450.500000", "075455.484000", "075455.484000", "075455.500000", "075455.500000", "075500.484000", "075500.484000", "075500.500000", "075505.484000", "075505.484000", "075505.484000", "075510.484000", "075510.484000", "075510.484000", "075510.500000", "075515.484000", "075515.484000", "075515.484000", "075515.500000", "075520.484000", "075520.500000", "075520.500000", "075525.484000", "075525.484000", "075525.500000", "075525.500000", "075530.484000", "075530.484000", "075530.484000", "075530.500000", "075535.484000", "075535.484000", "075535.484000", "075535.500000", "075540.484000", "075540.484000", "075540.500000", "075545.484000", "075545.484000", "075545.484000", "075545.500000", "075550.484000", "075550.484000", "075550.500000", "075550.500000", "075555.484000", "075555.484000", "075555.500000", "075555.500000", "075600.484000", "075600.484000", "075600.484000", "075605.484000", "075605.500000", "075605.500000", "075605.500000", "075610.484000", "075610.484000", "075610.484000", "075610.500000", "075615.484000", "075615.484000", "075615.500000", "075620.484000", "075620.484000", "075620.500000", "075620.500000", "075625.484000", "075625.484000", "075625.484000", "075625.500000", "075630.484000", "075630.484000", "075630.484000", "075630.500000", "075635.484000", "075635.484000", "075635.484000", "075635.500000", "075640.484000", "075640.484000", "075640.500000", "075640.500000", "075640.500000", "075645.484000", "075645.500000", "075645.500000", "075650.484000", "075650.484000", "075650.484000", "075650.500000", "075655.484000", "075655.484000", "075655.484000", "075655.500000", "075700.484000", "075700.484000", "075700.484000", "075700.500000", "075705.484000", "075705.484000", "075705.484000", "075705.500000", "075715.484000", "075715.484000", "075715.484000", "075715.500000", "075715.500000", "075715.500000", "075715.500000", "075720.484000", "075720.484000", "075720.484000", "075725.484000", "075725.484000", "075725.500000", "075725.500000", "075730.484000", "075730.484000", "075730.484000", "075730.500000", "075735.484000", "075735.500000", "075735.515000", "075735.515000", "075740.484000", "075740.515000", "075740.515000", "075745.484000", "075745.484000", "075745.484000", "075745.500000", "075750.484000", "075750.484000", "075750.484000", "075750.500000", "075755.484000", "075755.484000", "075755.500000", "075755.500000", "075800.484000", "075800.484000", "075800.500000", "075804.687000", "075804.687000", "075804.687000", "075804.703000"], "InstanceCreationTime": ["074628.531000", "074635.484000", "074635.484000", "074635.484000", "074635.500000", "074635.500000", "074635.500000", "074640.484000", "074640.484000", "074640.484000", "074645.484000", "074645.484000", "074645.500000", "074645.500000", "074650.484000", "074650.484000", "074650.484000", "074650.500000", "074655.484000", "074655.484000", "074655.484000", "074700.484000", "074700.484000", "074700.484000", "074700.500000", "074705.484000", "074705.484000", "074705.484000", "074710.484000", "074710.500000", "074710.500000", "074710.500000", "074715.484000", "074715.484000", "074715.484000", "074720.484000", "074720.484000", "074720.484000", "074720.500000", "074725.484000", "074725.500000", "074725.500000", "074725.515000", "074730.484000", "074730.484000", "074730.484000", "074735.484000", "074735.484000", "074735.500000", "074735.500000", "074740.484000", "074740.484000", "074740.484000", "074740.500000", "074745.484000", "074745.484000", "074745.484000", "074750.484000", "074750.484000", "074750.484000", "074755.484000", "074755.484000", "074755.484000", "074755.500000", "074800.484000", "074800.484000", "074800.500000", "074800.500000", "074805.484000", "074805.484000", "074805.484000", "074810.484000", "074810.484000", "074810.484000", "074810.500000", "074815.484000", "074815.484000", "074815.484000", "074815.500000", "074820.484000", "074820.484000", "074820.500000", "074820.500000", "074825.484000", "074825.484000", "074825.500000", "074825.500000", "074830.484000", "074830.500000", "074830.500000", "074835.484000", "074835.484000", "074835.500000", "074835.500000", "074840.484000", "074840.484000", "074840.484000", "074840.500000", "074845.484000", "074845.484000", "074845.484000", "074845.500000", "074850.484000", "074850.484000", "074850.500000", "074850.500000", "074855.484000", "074855.484000", "074855.500000", "074855.500000", "074900.484000", "074900.484000", "074900.484000", "074900.500000", "074905.484000", "074905.484000", "074905.484000", "074910.484000", "074910.484000", "074910.484000", "074910.531000", "074915.484000", "074915.484000", "074915.484000", "074915.500000", "074920.484000", "074920.484000", "074920.500000", "074925.484000", "074925.484000", "074925.484000", "074925.500000", "074930.484000", "074930.484000", "074930.484000", "074930.500000", "074935.484000", "074935.484000", "074935.500000", "074935.500000", "074940.484000", "074940.484000", "074940.500000", "074940.500000", "074945.484000", "074945.484000", "074945.500000", "074950.484000", "074950.484000", "074950.484000", "074950.500000", "074955.484000", "074955.515000", "074955.515000", "074955.531000", "075000.484000", "075000.484000", "075000.484000", "075005.484000", "075005.484000", "075005.484000", "075005.500000", "075010.484000", "075010.484000", "075010.484000", "075010.500000", "075015.484000", "075015.500000", "075015.500000", "075020.484000", "075020.484000", "075020.484000", "075020.500000", "075025.484000", "075025.484000", "075025.484000", "075030.484000", "075030.484000", "075030.484000", "075030.500000", "075035.484000", "075035.484000", "075035.484000", "075035.500000", "075040.484000", "075040.484000", "075040.500000", "075040.500000", "075045.484000", "075045.484000", "075045.484000", "075050.484000", "075050.484000", "075050.484000", "075050.500000", "075055.484000", "075055.484000", "075055.484000", "075055.500000", "075100.484000", "075100.484000", "075100.484000", "075105.484000", "075105.484000", "075105.484000", "075105.500000", "075110.484000", "075110.484000", "075110.484000", "075115.484000", "075115.484000", "075115.484000", "075115.500000", "075120.484000", "075120.484000", "075120.484000", "075120.500000", "075125.484000", "075125.484000", "075125.500000", "075130.484000", "075130.484000", "075130.500000", "075130.500000", "075135.484000", "075135.484000", "075135.500000", "075140.484000", "075140.500000", "075140.500000", "075140.500000", "075140.500000", "075145.484000", "075145.484000", "075145.500000", "075150.484000", "075150.484000", "075150.500000", "075150.500000", "075155.484000", "075155.500000", "075155.500000", "075155.500000", "075200.484000", "075200.484000", "075200.500000", "075205.484000", "075205.484000", "075205.500000", "075205.500000", "075210.484000", "075210.484000", "075210.484000", "075210.500000", "075215.484000", "075215.484000", "075215.484000", "075215.500000", "075220.484000", "075220.484000", "075220.484000", "075225.484000", "075225.484000", "075225.500000", "075225.500000", "075230.484000", "075230.484000", "075230.484000", "075230.500000", "075235.484000", "075235.484000", "075235.500000", "075240.484000", "075240.484000", "075240.500000", "075240.500000", "075245.484000", "075245.484000", "075245.484000", "075245.500000", "075250.484000", "075250.484000", "075250.500000", "075250.500000", "075255.484000", "075255.484000", "075255.484000", "075300.531000", "075300.546000", "075300.546000", "075300.546000", "075305.484000", "075305.484000", "075305.484000", "075305.500000", "075310.500000", "075310.500000", "075310.515000", "075315.484000", "075315.484000", "075315.500000", "075315.500000", "075320.484000", "075320.484000", "075320.500000", "075320.500000", "075325.484000", "075325.484000", "075325.500000", "075325.500000", "075330.484000", "075330.484000", "075330.484000", "075330.500000", "075335.484000", "075335.484000", "075335.484000", "075340.484000", "075340.484000", "075340.484000", "075340.500000", "075345.484000", "075345.484000", "075345.500000", "075350.484000", "075350.484000", "075350.500000", "075350.500000", "075355.484000", "075355.500000", "075355.500000", "075355.500000", "075400.484000", "075400.484000", "075400.484000", "075400.500000", "075405.484000", "075405.500000", "075405.500000", "075410.484000", "075410.500000", "075410.500000", "075410.515000", "075415.484000", "075415.484000", "075415.500000", "075415.500000", "075420.484000", "075420.500000", "075420.500000", "075420.500000", "075425.484000", "075425.500000", "075425.500000", "075430.484000", "075430.484000", "075430.484000", "075430.500000", "075435.484000", "075435.484000", "075435.500000", "075435.500000", "075440.484000", "075440.484000", "075440.484000", "075445.484000", "075445.484000", "075445.484000", "075445.500000", "075450.484000", "075450.500000", "075450.500000", "075455.484000", "075455.484000", "075455.500000", "075455.500000", "075500.484000", "075500.484000", "075500.500000", "075505.484000", "075505.484000", "075505.484000", "075510.484000", "075510.484000", "075510.484000", "075510.500000", "075515.484000", "075515.484000", "075515.484000", "075515.500000", "075520.484000", "075520.500000", "075520.500000", "075525.484000", "075525.484000", "075525.500000", "075525.500000", "075530.484000", "075530.484000", "075530.484000", "075530.500000", "075535.484000", "075535.484000", "075535.484000", "075535.500000", "075540.484000", "075540.484000", "075540.500000", "075545.484000", "075545.484000", "075545.484000", "075545.500000", "075550.484000", "075550.484000", "075550.500000", "075550.500000", "075555.484000", "075555.484000", "075555.500000", "075555.500000", "075600.484000", "075600.484000", "075600.484000", "075605.484000", "075605.500000", "075605.500000", "075605.500000", "075610.484000", "075610.484000", "075610.484000", "075610.500000", "075615.484000", "075615.484000", "075615.500000", "075620.484000", "075620.484000", "075620.500000", "075620.500000", "075625.484000", "075625.484000", "075625.484000", "075625.500000", "075630.484000", "075630.484000", "075630.484000", "075630.500000", "075635.484000", "075635.484000", "075635.484000", "075635.500000", "075640.484000", "075640.484000", "075640.500000", "075640.500000", "075640.500000", "075645.484000", "075645.500000", "075645.500000", "075650.484000", "075650.484000", "075650.484000", "075650.500000", "075655.484000", "075655.484000", "075655.484000", "075655.500000", "075700.484000", "075700.484000", "075700.484000", "075700.500000", "075705.484000", "075705.484000", "075705.484000", "075705.500000", "075715.484000", "075715.484000", "075715.484000", "075715.500000", "075715.500000", "075715.500000", "075715.500000", "075720.484000", "075720.484000", "075720.484000", "075725.484000", "075725.484000", "075725.500000", "075725.500000", "075730.484000", "075730.484000", "075730.484000", "075730.500000", "075735.484000", "075735.500000", "075735.515000", "075735.515000", "075740.484000", "075740.515000", "075740.515000", "075745.484000", "075745.484000", "075745.484000", "075745.500000", "075750.484000", "075750.484000", "075750.484000", "075750.500000", "075755.484000", "075755.484000", "075755.500000", "075755.500000", "075800.484000", "075800.484000", "075800.500000", "075804.687000", "075804.687000", "075804.687000", "075804.703000"], "InstanceNumber": [1, 2, 3, 4, 5, 6, 7, 8, 9, 10, 11, 12, 13, 14, 15, 16, 17, 18, 19, 20, 21, 22, 23, 24, 25, 26, 27, 28, 29, 30, 31, 32, 33, 34, 35, 36, 37, 38, 39, 40, 41, 42, 43, 44, 45, 46, 47, 48, 49, 50, 51, 52, 53, 54, 55, 56, 57, 58, 59, 60, 61, 62, 63, 64, 65, 66, 67, 68, 69, 70, 71, 72, 73, 74, 75, 76, 77, 78, 79, 80, 81, 82, 83, 84, 85, 86, 87, 88, 89, 90, 91, 92, 93, 94, 95, 96, 97, 98, 99, 100, 101, 102, 103, 104, 105, 106, 107, 108, 109, 110, 111, 112, 113, 114, 115, 116, 117, 118, 119, 120, 121, 122, 123, 124, 125, 126, 127, 128, 129, 130, 131, 132, 133, 134, 135, 136, 137, 138, 139, 140, 141, 142, 143, 144, 145, 146, 147, 148, 149, 150, 151, 152, 153, 154, 155, 156, 157, 158, 159, 160, 161, 162, 163, 164, 165, 166, 167, 168, 169, 170, 171, 172, 173, 174, 175, 176, 177, 178, 179, 180, 181, 182, 183, 184, 185, 186, 187, 188, 189, 190, 191, 192, 193, 194, 195, 196, 197, 198, 199, 200, 201, 202, 203, 204, 205, 206, 207, 208, 209, 210, 211, 212, 213, 214, 215, 216, 217, 218, 219, 220, 221, 222, 223, 224, 225, 226, 227, 228, 229, 230, 231, 232, 233, 234, 235, 236, 237, 238, 239, 240, 241, 242, 243, 244, 245, 246, 247, 248, 249, 250, 251, 252, 253, 254, 255, 256, 257, 258, 259, 260, 261, 262, 263, 264, 265, 266, 267, 268, 269, 270, 271, 272, 273, 274, 275, 276, 277, 278, 279, 280, 281, 282, 283, 284, 285, 286, 287, 288, 289, 290, 291, 292, 293, 294, 295, 296, 297, 298, 299, 300, 301, 302, 303, 304, 305, 306, 307, 308, 309, 310, 311, 312, 313, 314, 315, 316, 317, 318, 319, 320, 321, 322, 323, 324, 325, 326, 327, 328, 329, 330, 331, 332, 333, 334, 335, 336, 337, 338, 339, 340, 341, 342, 343, 344, 345, 346, 347, 348, 349, 350, 351, 352, 353, 354, 355, 356, 357, 358, 359, 360, 361, 362, 363, 364, 365, 366, 367, 368, 369, 370, 371, 372, 373, 374, 375, 376, 377, 378, 379, 380, 381, 382, 383, 384, 385, 386, 387, 388, 389, 390, 391, 392, 393, 394, 395, 396, 397, 398, 399, 400, 401, 402, 403, 404, 405, 406, 407, 408, 409, 410, 411, 412, 413, 414, 415, 416, 417, 418, 419, 420, 421, 422, 423, 424, 425, 426, 427, 428, 429, 430, 431, 432, 433, 434, 435, 436, 437, 438, 439, 440, 441, 442, 443, 444, 445, 446, 447, 448, 449, 450, 451, 452, 453, 454, 455, 456, 457, 458, 459, 460, 461, 462, 463, 464, 465, 466, 467, 468, 469, 470, 471, 472, 473, 474, 475, 476, 477, 478, 479, 480, 481, 482, 483, 484, 485, 486, 487, 488, 489, 490, 491, 492, 493, 494, 495, 496, 497, 498, 499, 500, 501, 502, 503, 504, 505, 506, 507, 508, 509, 510, 511, 512, 513, 514, 515, 516, 517, 518], "LargestImagePixelValue": [28861, 30219, 29303, 29136, 27198, 29195, 28175, 26657, 27955, 31169, 27822, 30596, 26466, 29728, 29843, 27897, 29115, 31045, 31456, 29947, 24696, 26827, 31001, 30343, 27387, 27315, 31102, 28363, 29612, 27413, 28194, 27215, 31797, 31747, 26269, 32633, 29128, 31851, 31314, 27877, 26838, 26965, 32116, 30888, 29191, 26652, 30824, 28757, 29991, 32386, 29364, 28213, 26662, 32382, 32740, 27496, 30595, 30974, 32395, 32652, 29035, 28154, 30925, 32489, 29836, 26326, 27600, 30934, 29799, 26772, 25453, 27133, 30196, 30371, 24454, 26851, 27283, 31753, 28896, 26425, 31489, 32660, 30858, 30409, 32459, 33586, 33234, 29222, 32570, 33647, 26998, 32848, 33277, 29375, 29857, 33035, 29001, 25254, 29055, 27745, 26496, 31032, 30540, 26809, 28718, 29830, 24587, 31356, 32310, 25777, 29006, 31381, 26089, 27286, 30082, 27675, 32007, 25607, 27167, 32172, 25225, 26436, 29270, 24519, 31581, 24711, 26667, 28663, 25239, 31912, 24982, 26207, 30346, 24688, 24649, 27621, 30138, 24583, 24725, 29529, 30709, 26038, 31034, 32479, 31620, 29943, 29627, 32763, 27158, 32871, 25894, 29740, 27435, 25801, 30386, 27849, 26438, 32820, 25954, 26023, 26092, 24706, 25184, 29042, 29962, 24710, 24848, 32039, 30232, 26991, 26643, 26701, 32097, 29867, 28829, 31937, 26952, 31545, 32458, 27943, 27861, 29989, 33475, 29539, 25795, 32286, 32407, 28327, 28168, 30328, 33266, 31391, 25702, 32479, 30241, 25861, 27387, 26345, 27284, 25698, 24547, 25028, 25704, 28638, 27024, 24782, 28167, 28178, 28989, 26917, 29555, 27510, 28203, 28183, 32027, 31263, 31278, 30624, 31836, 29464, 28505, 30405, 31321, 28164, 31328, 27128, 31800, 26373, 27054, 32833, 26421, 27361, 26596, 25480, 26954, 27373, 29810, 28297, 28063, 27750, 29013, 28581, 25268, 30018, 27280, 29795, 28886, 25322, 29464, 29765, 30161, 26566, 28492, 30017, 31257, 31294, 28131, 29845, 30110, 30750, 27799, 30489, 30112, 30438, 31595, 29127, 29326, 30787, 31254, 32167, 29705, 28941, 28986, 29784, 31694, 32028, 28559, 27993, 30609, 34091, 33126, 30692, 34126, 31049, 31372, 31467, 30953, 28960, 31729, 29626, 30585, 29709, 28558, 30577, 30965, 32503, 33818, 32157, 28419, 32625, 27640, 30796, 27918, 31694, 30090, 26898, 28771, 25784, 25663, 25510, 28402, 30625, 29119, 25802, 27747, 28854, 31329, 30954, 29057, 33626, 28027, 32361, 30955, 28199, 30681, 27656, 30762, 29656, 28068, 33073, 29865, 30504, 32312, 29322, 31021, 29113, 30805, 32612, 30774, 26045, 27271, 29031, 30305, 31682, 28959, 25653, 29015, 30070, 31362, 32178, 31194, 30286, 27084, 28189, 29795, 30917, 32912, 29748, 34557, 30182, 30888, 31585, 31941, 30314, 27838, 28847, 29374, 32224, 32822, 31422, 29618, 30393, 32615, 31752, 29645, 26091, 28233, 28093, 28660, 26594, 33493, 26723, 28244, 28464, 24865, 27002, 29722, 30964, 30180, 29844, 26319, 26965, 28157, 29864, 29221, 27432, 29309, 29516, 30373, 32775, 29278, 30708, 27145, 33458, 25958, 29427, 26108, 26306, 28555, 29076, 32097, 26931, 30143, 26823, 28548, 28478, 30321, 28936, 31611, 28264, 28834, 30752, 31148, 29947, 31731, 29061, 29771, 30804, 29430, 29108, 31933, 29770, 33440, 30487, 31743, 29734, 29769, 31488, 30872, 32788, 31398, 32339, 30426, 29760, 28602, 30856, 29225, 31363, 27897, 31053, 31347, 27349, 29725, 31565, 31825, 28292, 30120, 32340, 29060, 34009, 30361, 31975, 27472, 28231, 31680, 29100, 26496, 30978, 26479, 28387, 26627, 26012, 28887, 30574, 29273, 28020, 26409, 29904, 31253, 31549, 30610, 28241, 28230, 27311, 31236, 31917, 32122, 29986, 31718, 31994, 30273, 29803, 32259, 27851, 28369, 29719, 31715, 31041, 33977, 32885, 30231, 29611, 31344, 30298, 27598, 26200, 28377, 26967, 29231, 26608, 27590, 30382, 28999, 27411, 32276, 27740, 29379, 27971], "WindowCenter": [10145.0, 10154.0, 10154.0, 10147.0, 10135.0, 10138.0, 10120.0, 10121.0, 10134.0, 10150.0, 10121.0, 10136.0, 10138.0, 10147.0, 10158.0, 10137.0, 10145.0, 10152.0, 10129.0, 10126.0, 10106.0, 10117.0, 10165.0, 10140.0, 10125.0, 10121.0, 10125.0, 10122.0, 10149.0, 10138.0, 10151.0, 10135.0, 10142.0, 10157.0, 10133.0, 10159.0, 10132.0, 10149.0, 10150.0, 10109.0, 10121.0, 10106.0, 10154.0, 10155.0, 10137.0, 10113.0, 10141.0, 10129.0, 10141.0, 10161.0, 10150.0, 10144.0, 10145.0, 10150.0, 10149.0, 10152.0, 10142.0, 10143.0, 10150.0, 10155.0, 10117.0, 10130.0, 10140.0, 10165.0, 10135.0, 10115.0, 10110.0, 10140.0, 10138.0, 10122.0, 10130.0, 10112.0, 10128.0, 10137.0, 10110.0, 10114.0, 10114.0, 10134.0, 10141.0, 10143.0, 10153.0, 10170.0, 10154.0, 10159.0, 10160.0, 10161.0, 10153.0, 10139.0, 10160.0, 10160.0, 10144.0, 10173.0, 10171.0, 10143.0, 10149.0, 10161.0, 10127.0, 10092.0, 10123.0, 10100.0, 10124.0, 10146.0, 10146.0, 10127.0, 10131.0, 10133.0, 10124.0, 10153.0, 10152.0, 10114.0, 10107.0, 10123.0, 10118.0, 10111.0, 10143.0, 10135.0, 10143.0, 10118.0, 10118.0, 10130.0, 10109.0, 10111.0, 10116.0, 10086.0, 10134.0, 10091.0, 10103.0, 10122.0, 10104.0, 10138.0, 10112.0, 10117.0, 10127.0, 10106.0, 10106.0, 10101.0, 10133.0, 10080.0, 10104.0, 10131.0, 10144.0, 10133.0, 10145.0, 10156.0, 10140.0, 10150.0, 10135.0, 10141.0, 10108.0, 10121.0, 10094.0, 10095.0, 10104.0, 10111.0, 10116.0, 10120.0, 10105.0, 10120.0, 10072.0, 10088.0, 10082.0, 10084.0, 10102.0, 10120.0, 10106.0, 10095.0, 10094.0, 10144.0, 10128.0, 10123.0, 10114.0, 10112.0, 10154.0, 10133.0, 10147.0, 10152.0, 10114.0, 10163.0, 10144.0, 10126.0, 10134.0, 10122.0, 10128.0, 10121.0, 10099.0, 10158.0, 10136.0, 10143.0, 10126.0, 10135.0, 10136.0, 10137.0, 10119.0, 10107.0, 10099.0, 10077.0, 10089.0, 10072.0, 10077.0, 10074.0, 10069.0, 10072.0, 10088.0, 10094.0, 10087.0, 10079.0, 10096.0, 10127.0, 10146.0, 10134.0, 10145.0, 10121.0, 10117.0, 10129.0, 10163.0, 10146.0, 10166.0, 10155.0, 10133.0, 10128.0, 10119.0, 10115.0, 10117.0, 10115.0, 10100.0, 10077.0, 10095.0, 10049.0, 10060.0, 10089.0, 10062.0, 10066.0, 10075.0, 10077.0, 10063.0, 10073.0, 10083.0, 10076.0, 10102.0, 10096.0, 10098.0, 10078.0, 10061.0, 10097.0, 10074.0, 10095.0, 10105.0, 10075.0, 10095.0, 10102.0, 10116.0, 10090.0, 10120.0, 10134.0, 10122.0, 10122.0, 10115.0, 10112.0, 10139.0, 10122.0, 10114.0, 10136.0, 10134.0, 10146.0, 10128.0, 10128.0, 10114.0, 10130.0, 10130.0, 10114.0, 10124.0, 10121.0, 10135.0, 10141.0, 10134.0, 10133.0, 10109.0, 10120.0, 10121.0, 10140.0, 10142.0, 10136.0, 10142.0, 10129.0, 10116.0, 10116.0, 10117.0, 10121.0, 10128.0, 10120.0, 10129.0, 10109.0, 10117.0, 10121.0, 10120.0, 10134.0, 10129.0, 10104.0, 10100.0, 10102.0, 10079.0, 10102.0, 10087.0, 10098.0, 10074.0, 10068.0, 10074.0, 10052.0, 10056.0, 10057.0, 10078.0, 10100.0, 10103.0, 10102.0, 10104.0, 10111.0, 10118.0, 10132.0, 10110.0, 10108.0, 10089.0, 10121.0, 10083.0, 10075.0, 10087.0, 10067.0, 10112.0, 10107.0, 10082.0, 10125.0, 10113.0, 10102.0, 10108.0, 10096.0, 10110.0, 10108.0, 10120.0, 10112.0, 10099.0, 10108.0, 10083.0, 10096.0, 10092.0, 10099.0, 10106.0, 10077.0, 10088.0, 10119.0, 10124.0, 10116.0, 10135.0, 10121.0, 10116.0, 10123.0, 10138.0, 10122.0, 10110.0, 10099.0, 10126.0, 10103.0, 10101.0, 10115.0, 10115.0, 10107.0, 10101.0, 10098.0, 10122.0, 10136.0, 10132.0, 10115.0, 10114.0, 10109.0, 10110.0, 10100.0, 10067.0, 10072.0, 10078.0, 10073.0, 10088.0, 10068.0, 10090.0, 10057.0, 10098.0, 10074.0, 10069.0, 10087.0, 10093.0, 10099.0, 10112.0, 10108.0, 10129.0, 10114.0, 10124.0, 10128.0, 10102.0, 10122.0, 10134.0, 10121.0, 10105.0, 10096.0, 10094.0, 10090.0, 10077.0, 10102.0, 10054.0, 10087.0, 10048.0, 10053.0, 10080.0, 10072.0, 10075.0, 10065.0, 10067.0, 10072.0, 10083.0, 10074.0, 10104.0, 10089.0, 10094.0, 10086.0, 10086.0, 10097.0, 10107.0, 10093.0, 10103.0, 10086.0, 10082.0, 10105.0, 10099.0, 10098.0, 10116.0, 10112.0, 10112.0, 10094.0, 10081.0, 10109.0, 10126.0, 10111.0, 10122.0, 10105.0, 10088.0, 10111.0, 10091.0, 10077.0, 10079.0, 10094.0, 10102.0, 10110.0, 10073.0, 10095.0, 10101.0, 10101.0, 10112.0, 10118.0, 10102.0, 10092.0, 10100.0, 10105.0, 10088.0, 10109.0, 10088.0, 10088.0, 10074.0, 10068.0, 10076.0, 10071.0, 10055.0, 10072.0, 10052.0, 10054.0, 10055.0, 10050.0, 10085.0, 10074.0, 10063.0, 10053.0, 10075.0, 10092.0, 10103.0, 10146.0, 10115.0, 10114.0, 10143.0, 10111.0, 10126.0, 10113.0, 10125.0, 10100.0, 10117.0, 10113.0, 10116.0, 10108.0, 10116.0, 10087.0, 10105.0, 10146.0, 10126.0, 10105.0, 10126.0, 10098.0, 10083.0, 10072.0, 10086.0, 10067.0, 10060.0, 10047.0, 10065.0, 10048.0, 10055.0, 10041.0, 10056.0, 10050.0, 10067.0, 10046.0, 10078.0, 10071.0, 10083.0, 10072.0], "WindowWidth": [21541.0, 21545.0, 21538.0, 21522.0, 21496.0, 21499.0, 21467.0, 21474.0, 21500.0, 21527.0, 21472.0, 21503.0, 21498.0, 21520.0, 21542.0, 21507.0, 21519.0, 21528.0, 21485.0, 21476.0, 21443.0, 21471.0, 21557.0, 21508.0, 21479.0, 21468.0, 21478.0, 21476.0, 21529.0, 21507.0, 21532.0, 21502.0, 21518.0, 21538.0, 21499.0, 21547.0, 21489.0, 21521.0, 21519.0, 21444.0, 21472.0, 21445.0, 21534.0, 21536.0, 21498.0, 21453.0, 21507.0, 21490.0, 21514.0, 21547.0, 21527.0, 21520.0, 21518.0, 21530.0, 21534.0, 21537.0, 21516.0, 21516.0, 21527.0, 21530.0, 21463.0, 21490.0, 21512.0, 21551.0, 21495.0, 21457.0, 21450.0, 21510.0, 21506.0, 21475.0, 21488.0, 21450.0, 21483.0, 21496.0, 21446.0, 21458.0, 21457.0, 21495.0, 21511.0, 21522.0, 21544.0, 21575.0, 21547.0, 21553.0, 21552.0, 21554.0, 21535.0, 21510.0, 21551.0, 21552.0, 21523.0, 21577.0, 21575.0, 21521.0, 21525.0, 21543.0, 21474.0, 21408.0, 21468.0, 21428.0, 21473.0, 21517.0, 21512.0, 21478.0, 21488.0, 21497.0, 21476.0, 21530.0, 21525.0, 21453.0, 21438.0, 21468.0, 21460.0, 21449.0, 21509.0, 21497.0, 21509.0, 21463.0, 21467.0, 21487.0, 21444.0, 21447.0, 21455.0, 21397.0, 21486.0, 21406.0, 21429.0, 21468.0, 21435.0, 21503.0, 21455.0, 21461.0, 21481.0, 21435.0, 21431.0, 21424.0, 21478.0, 21386.0, 21436.0, 21486.0, 21513.0, 21494.0, 21515.0, 21533.0, 21505.0, 21528.0, 21498.0, 21500.0, 21433.0, 21458.0, 21403.0, 21406.0, 21424.0, 21439.0, 21451.0, 21455.0, 21425.0, 21451.0, 21361.0, 21395.0, 21384.0, 21386.0, 21420.0, 21456.0, 21428.0, 21412.0, 21415.0, 21510.0, 21479.0, 21467.0, 21454.0, 21456.0, 21540.0, 21497.0, 21524.0, 21533.0, 21457.0, 21549.0, 21511.0, 21475.0, 21487.0, 21466.0, 21479.0, 21465.0, 21424.0, 21537.0, 21499.0, 21508.0, 21476.0, 21493.0, 21496.0, 21493.0, 21452.0, 21432.0, 21410.0, 21370.0, 21388.0, 21361.0, 21370.0, 21362.0, 21347.0, 21354.0, 21387.0, 21398.0, 21385.0, 21382.0, 21409.0, 21474.0, 21516.0, 21496.0, 21517.0, 21478.0, 21469.0, 21488.0, 21552.0, 21520.0, 21555.0, 21536.0, 21487.0, 21477.0, 21456.0, 21450.0, 21448.0, 21440.0, 21414.0, 21368.0, 21397.0, 21309.0, 21328.0, 21381.0, 21331.0, 21341.0, 21354.0, 21360.0, 21336.0, 21357.0, 21379.0, 21368.0, 21416.0, 21405.0, 21410.0, 21365.0, 21331.0, 21399.0, 21360.0, 21399.0, 21417.0, 21366.0, 21409.0, 21420.0, 21441.0, 21400.0, 21456.0, 21481.0, 21462.0, 21465.0, 21452.0, 21448.0, 21504.0, 21465.0, 21450.0, 21494.0, 21492.0, 21511.0, 21479.0, 21473.0, 21446.0, 21473.0, 21474.0, 21442.0, 21464.0, 21460.0, 21487.0, 21501.0, 21488.0, 21492.0, 21445.0, 21461.0, 21467.0, 21498.0, 21496.0, 21489.0, 21503.0, 21474.0, 21448.0, 21447.0, 21447.0, 21461.0, 21473.0, 21456.0, 21475.0, 21440.0, 21456.0, 21465.0, 21458.0, 21486.0, 21474.0, 21424.0, 21411.0, 21420.0, 21369.0, 21408.0, 21380.0, 21403.0, 21353.0, 21341.0, 21359.0, 21313.0, 21319.0, 21322.0, 21367.0, 21411.0, 21426.0, 21417.0, 21425.0, 21439.0, 21455.0, 21477.0, 21433.0, 21436.0, 21392.0, 21445.0, 21375.0, 21358.0, 21382.0, 21351.0, 21433.0, 21423.0, 21380.0, 21460.0, 21437.0, 21420.0, 21430.0, 21406.0, 21438.0, 21432.0, 21451.0, 21439.0, 21416.0, 21426.0, 21379.0, 21403.0, 21395.0, 21405.0, 21421.0, 21369.0, 21392.0, 21448.0, 21460.0, 21449.0, 21493.0, 21467.0, 21457.0, 21468.0, 21492.0, 21460.0, 21435.0, 21416.0, 21469.0, 21421.0, 21416.0, 21439.0, 21436.0, 21427.0, 21421.0, 21415.0, 21462.0, 21489.0, 21479.0, 21446.0, 21443.0, 21432.0, 21432.0, 21412.0, 21344.0, 21350.0, 21365.0, 21357.0, 21381.0, 21345.0, 21386.0, 21320.0, 21398.0, 21358.0, 21349.0, 21384.0, 21394.0, 21413.0, 21435.0, 21431.0, 21473.0, 21453.0, 21469.0, 21475.0, 21427.0, 21460.0, 21481.0, 21454.0, 21420.0, 21405.0, 21401.0, 21388.0, 21363.0, 21408.0, 21315.0, 21374.0, 21307.0, 21313.0, 21360.0, 21348.0, 21356.0, 21330.0, 21339.0, 21353.0, 21375.0, 21357.0, 21414.0, 21383.0, 21391.0, 21377.0, 21381.0, 21404.0, 21420.0, 21395.0, 21414.0, 21380.0, 21373.0, 21420.0, 21410.0, 21403.0, 21438.0, 21434.0, 21437.0, 21401.0, 21381.0, 21429.0, 21464.0, 21441.0, 21452.0, 21427.0, 21390.0, 21430.0, 21389.0, 21363.0, 21367.0, 21390.0, 21404.0, 21426.0, 21357.0, 21400.0, 21414.0, 21408.0, 21431.0, 21446.0, 21416.0, 21397.0, 21408.0, 21411.0, 21383.0, 21422.0, 21380.0, 21380.0, 21356.0, 21342.0, 21355.0, 21343.0, 21310.0, 21340.0, 21303.0, 21312.0, 21312.0, 21300.0, 21368.0, 21349.0, 21327.0, 21310.0, 21358.0, 21386.0, 21418.0, 21504.0, 21446.0, 21451.0, 21509.0, 21443.0, 21468.0, 21445.0, 21472.0, 21414.0, 21447.0, 21445.0, 21444.0, 21429.0, 21451.0, 21393.0, 21429.0, 21503.0, 21467.0, 21426.0, 21462.0, 21407.0, 21370.0, 21346.0, 21368.0, 21329.0, 21313.0, 21290.0, 21323.0, 21294.0, 21309.0, 21286.0, 21306.0, 21300.0, 21333.0, 21298.0, 21361.0, 21347.0, 21376.0, 21356.0]}, "slices": {}}}