{"AcquisitionMatrixPE": 96, "AcquisitionNumber": 1, "AcquisitionTime": "17:07:58.642500", "BandwidthPerPixelPhaseEncode": 33.602, "BaseResolution": 96, "BodyPartExamined": "BRAIN", "ConsistencyInfo": "N4_VD11D_LATEST_20110129", "ConversionSoftware": "dcm2niix", "ConversionSoftwareVersion": "v1.0.20210317", "DerivedVendorReportedEchoSpacing": 0.000620003, "DeviceSerialNumber": "45239", "DwellTime": 2.6e-06, "EchoTime": 0.036, "EchoTrainLength": 48, "EffectiveEchoSpacing": 0.000310001, "FlipAngle": 90, "ImageOrientationPatientDICOM": [0.999038, 0.00769613, 0.0431717, 0.0176767, 0.830278, -0.557069], "ImageType": ["ORIGINAL", "PRIMARY", "M", "ND", "NORM", "MOSAIC"], "ImagingFrequency": 123.193, "InPlanePhaseEncodingDirectionDICOM": "COL", "InstitutionAddress": "E 24th St. 100,Austin,Southmiddle,US,78712", "InstitutionName": "Univ of Texas at Austin", "InstitutionalDepartmentName": "IRC", "MRAcquisitionType": "2D", "MagneticFieldStrength": 3, "Manufacturer": "Siemens", "ManufacturersModelName": "Skyra", "Modality": "MR", "ParallelReductionFactorInPlane": 2, "PartialFourier": 1, "PatientPosition": "HFS", "PercentPhaseFOV": 100, "PercentSampling": 100, "PhaseEncodingDirection": "j-", "PhaseEncodingSteps": 96, "PhaseResolution": 1, "PixelBandwidth": 2005, "ProcedureStepDescription": "Poldrack2^self-scanning", "ProtocolName": "MB-SE_FieldMap_A-P", "PulseSequenceDetails": "%CustomerSeq%\\cmrr_mbep2d_se", "ReceiveCoilActiveElements": "HEA;HEP", "ReceiveCoilName": "Head_32", "ReconMatrixPE": 96, "RefLinesPE": 48, "RepetitionTime": 4, "SAR": 0.412343, "ScanOptions": "WE", "ScanningSequence": "EP", "SequenceName": "epse2d1_96", "SequenceVariant": "SK", "SeriesDescription": "MB-SE_FieldMap_A-P", "SeriesNumber": 9, "ShimSetting": [-2794, 8063, -15430, 115, -243, 42, 199, -53], "SliceThickness": 2, "SliceTiming": [1.9975, 0, 2.0575, 0.0575, 2.115, 0.1175, 2.175, 0.175, 2.2325, 0.235, 2.2925, 0.2925, 2.3525, 0.3525, 2.41, 0.41, 2.47, 0.47, 2.5275, 0.5275, 2.5875, 0.5875, 2.645, 0.645, 2.705, 0.705, 2.7625, 0.7625, 2.8225, 0.8225, 2.88, 0.88, 2.94, 0.94, 2.9975, 0.9975, 3.0575, 1.0575, 3.115, 1.1175, 3.175, 1.175, 3.2325, 1.235, 3.2925, 1.2925, 3.35, 1.3525, 3.41, 1.41, 3.4675, 1.47, 3.5275, 1.5275, 3.5875, 1.5875, 3.645, 1.645, 3.705, 1.705, 3.7625, 1.7625, 3.8225, 1.8225, 3.88, 1.88, 3.94, 1.94], "SoftwareVersions": "syngo MR D11", "SpacingBetweenSlices": 2.4, "StationName": "AWP45239", "TotalReadoutTime": 0.0294501, "TxRefAmp": 344.77, "WipMemBlock": "7ef45ac5-1040-4dda-bdd3-829ec9ea6de0||Sequence: VD11D r154; May 23 2012 22:29:07 by eja", "dcmmeta_affine": [[-2.393528461456299, 0.042350348085165024, 0.09631632268428802, 112.15272521972656], [-0.01843865215778351, 1.9892085790634155, -1.3375098705291748, -71.37764739990234], [0.10343219339847565, 1.3346432447433472, 1.9904247522354126, -79.99370574951172], [0.0, 0.0, 0.0, 1.0]], "dcmmeta_reorient_transform": [[0.0, -1.0, 0.0, 95.0], [1.0, 0.0, 0.0, 0.0], [0.0, 0.0, 1.0, 0.0], [0.0, 0.0, 0.0, 1.0]], "dcmmeta_shape": [96, 96, 68, 5], "dcmmeta_slice_dim": 2, "dcmmeta_version": 0.6, "global": {"const": {"AcquisitionMatrix": [96, 0, 0, 96], "AngioFlag": "N", "BitsAllocated": 16, "BitsStored": 16, "BodyPartExamined": "BRAIN", "Columns": 864, "EchoNumbers": 1, "EchoTime": 36.0, "EchoTrainLength": 48, "FlipAngle": 90.0, "HighBit": 15, "ImageOrientationPatient": [0.99903802421457, 0.00769613295861, 0.04317170034803, 0.01767666700085, 0.83027838515459, -0.5570685223461], "ImagePositionPatient": [-1051.5534911, -888.53369620196, 519.58246528048], "ImageType": ["ORIGINAL", "PRIMARY", "M", "ND", "NORM", "MOSAIC"], "ImagedNucleus": "1H", "ImagingFrequency": 123.193417, "InPlanePhaseEncodingDirection": "COL", "MRAcquisitionType": "2D", "MagneticFieldStrength": 3.0, "Manufacturer": "SIEMENS", "ManufacturerModelName": "Skyra", "Modality": "MR", "NumberOfAverages": 1.0, "NumberOfPhaseEncodingSteps": 96, "PercentPhaseFieldOfView": 100.0, "PercentSampling": 100.0, "PerformedProcedureStepStartTime": "162956.125000", "PhotometricInterpretation": "MONOCHROME2", "PixelBandwidth": 2005.0, "PixelRepresentation": 0, "PixelSpacing": [2.3958332538605, 2.3958332538605], "ProtocolName": "MB-SE_FieldMap_A-P", "RepetitionTime": 4000.0, "Rows": 864, "SAR": 0.41234303987931, "SamplesPerPixel": 1, "ScanOptions": "WE", "ScanningSequence": "EP", "SequenceName": "epse2d1_96", "SequenceVariant": "SK", "SeriesDescription": "MB-SE_FieldMap_A-P", "SeriesNumber": 9, "SeriesTime": "171202.890000", "SliceLocation": -22.062920040796, "SliceThickness": 2.0, "SmallestImagePixelValue": 0, "SoftwareVersions": "syngo MR D11", "SpacingBetweenSlices": 2.3999999697219, "SpecificCharacterSet": "ISO_IR 100", "StudyID": "1", "StudyTime": "162956.093000", "TransmitCoilName": "Body", "VariableFlipAngleFlag": "N", "WindowCenterWidthExplanation": "Algo1", "dBdt": 0.0}, "slices": {}}, "time": {"samples": {"AcquisitionNumber": [1, 2, 3, 4, 5], "AcquisitionTime": ["170758.642500", "170802.642500", "170806.642500", "170810.642500", "170814.642500"], "ContentTime": ["171202.890000", "171202.890000", "171202.890000", "171202.906000", "171202.906000"], "InstanceCreationTime": ["171202.890000", "171202.890000", "171202.890000", "171202.906000", "171202.906000"], "InstanceNumber": [1, 2, 3, 4, 5], "LargestImagePixelValue": [33639, 32613, 33049, 32927, 33023], "WindowCenter": [7542.0, 7546.0, 7563.0, 7541.0, 7546.0], "WindowWidth": [15904.0, 15926.0, 15954.0, 15912.0, 15922.0]}, "slices": {}}}