{"AcquisitionMatrixPE": 96, "AcquisitionNumber": 1, "AcquisitionTime": "17:02:17.655000", "BandwidthPerPixelPhaseEncode": 33.602, "BaseResolution": 96, "BodyPartExamined": "BRAIN", "ConsistencyInfo": "N4_VD11D_LATEST_20110129", "ConversionSoftware": "dcm2niix", "ConversionSoftwareVersion": "v1.0.20210317", "DerivedVendorReportedEchoSpacing": 0.000620003, "DeviceSerialNumber": "45239", "DwellTime": 2.6e-06, "EchoTime": 0.036, "EchoTrainLength": 48, "EffectiveEchoSpacing": 0.000310001, "FlipAngle": 90, "ImageOrientationPatientDICOM": [0.999038, 0.00769613, 0.0431717, 0.0176767, 0.830278, -0.557069], "ImageType": ["ORIGINAL", "PRIMARY", "M", "ND", "NORM", "MOSAIC"], "ImagingFrequency": 123.193, "InPlanePhaseEncodingDirectionDICOM": "COL", "InstitutionAddress": "E 24th St. 100,Austin,Southmiddle,US,78712", "InstitutionName": "Univ of Texas at Austin", "InstitutionalDepartmentName": "IRC", "MRAcquisitionType": "2D", "MagneticFieldStrength": 3, "Manufacturer": "Siemens", "ManufacturersModelName": "Skyra", "Modality": "MR", "ParallelReductionFactorInPlane": 2, "PartialFourier": 1, "PatientPosition": "HFS", "PercentPhaseFOV": 100, "PercentSampling": 100, "PhaseEncodingDirection": "j-", "PhaseEncodingSteps": 96, "PhaseResolution": 1, "PixelBandwidth": 2005, "ProcedureStepDescription": "Poldrack2^self-scanning", "ProtocolName": "MB-SE_FieldMap_A-P", "PulseSequenceDetails": "%CustomerSeq%\\cmrr_mbep2d_se", "ReceiveCoilActiveElements": "HEA;HEP", "ReceiveCoilName": "Head_32", "ReconMatrixPE": 96, "RefLinesPE": 48, "RepetitionTime": 4, "SAR": 0.412343, "ScanOptions": "WE", "ScanningSequence": "EP", "SequenceName": "epse2d1_96", "SequenceVariant": "SK", "SeriesDescription": "MB-SE_FieldMap_A-P", "SeriesNumber": 8, "ShimSetting": [-2784, 8066, -15414, 124, -211, 56, 202, -59], "SliceThickness": 2, "SliceTiming": [2, 0, 2.06, 0.06, 2.1175, 0.1175, 2.1775, 0.1775, 2.235, 0.235, 2.295, 0.295, 2.3525, 0.3525, 2.4125, 0.4125, 2.47, 0.47, 2.53, 0.53, 2.5875, 0.5875, 2.6475, 0.6475, 2.705, 0.7075, 2.765, 0.765, 2.8225, 0.825, 2.8825, 0.8825, 2.94, 0.9425, 3, 1, 3.0575, 1.06, 3.1175, 1.1175, 3.1775, 1.1775, 3.235, 1.235, 3.295, 1.295, 3.3525, 1.3525, 3.4125, 1.4125, 3.47, 1.47, 3.53, 1.53, 3.5875, 1.5875, 3.6475, 1.6475, 3.705, 1.705, 3.765, 1.765, 3.8225, 1.8225, 3.8825, 1.8825, 3.94, 1.9425], "SoftwareVersions": "syngo MR D11", "SpacingBetweenSlices": 2.4, "StationName": "AWP45239", "TotalReadoutTime": 0.0294501, "TxRefAmp": 344.77, "WipMemBlock": "cc9ab8fc-2826-4c25-b8d2-157f993d3016||Sequence: VD11D r154; May 23 2012 22:29:07 by eja", "dcmmeta_affine": [[-2.393528461456299, 0.042350348085165024, 0.09631632268428802, 112.15272521972656], [-0.01843865215778351, 1.9892085790634155, -1.3375098705291748, -71.37764739990234], [0.10343219339847565, 1.3346432447433472, 1.9904247522354126, -79.99370574951172], [0.0, 0.0, 0.0, 1.0]], "dcmmeta_reorient_transform": [[0.0, -1.0, 0.0, 95.0], [1.0, 0.0, 0.0, 0.0], [0.0, 0.0, 1.0, 0.0], [0.0, 0.0, 0.0, 1.0]], "dcmmeta_shape": [96, 96, 68, 5], "dcmmeta_slice_dim": 2, "dcmmeta_version": 0.6, "global": {"const": {"AcquisitionMatrix": [96, 0, 0, 96], "AngioFlag": "N", "BitsAllocated": 16, "BitsStored": 16, "BodyPartExamined": "BRAIN", "Columns": 864, "EchoNumbers": 1, "EchoTime": 36.0, "EchoTrainLength": 48, "FlipAngle": 90.0, "HighBit": 15, "ImageOrientationPatient": [0.99903802421457, 0.00769613295861, 0.04317170034803, 0.01767666700085, 0.83027838515459, -0.5570685223461], "ImagePositionPatient": [-1051.5534911, -888.53369620196, 519.58246528048], "ImageType": ["ORIGINAL", "PRIMARY", "M", "ND", "NORM", "MOSAIC"], "ImagedNucleus": "1H", "ImagingFrequency": 123.193402, "InPlanePhaseEncodingDirection": "COL", "MRAcquisitionType": "2D", "MagneticFieldStrength": 3.0, "Manufacturer": "SIEMENS", "ManufacturerModelName": "Skyra", "Modality": "MR", "NumberOfAverages": 1.0, "NumberOfPhaseEncodingSteps": 96, "PercentPhaseFieldOfView": 100.0, "PercentSampling": 100.0, "PerformedProcedureStepStartTime": "162956.125000", "PhotometricInterpretation": "MONOCHROME2", "PixelBandwidth": 2005.0, "PixelRepresentation": 0, "PixelSpacing": [2.3958332538605, 2.3958332538605], "ProtocolName": "MB-SE_FieldMap_A-P", "RepetitionTime": 4000.0, "Rows": 864, "SAR": 0.41234303987931, "SamplesPerPixel": 1, "ScanOptions": "WE", "ScanningSequence": "EP", "SequenceName": "epse2d1_96", "SequenceVariant": "SK", "SeriesDescription": "MB-SE_FieldMap_A-P", "SeriesNumber": 8, "SeriesTime": "171147.968000", "SliceLocation": -22.062920040796, "SliceThickness": 2.0, "SmallestImagePixelValue": 0, "SoftwareVersions": "syngo MR D11", "SpacingBetweenSlices": 2.3999999697219, "SpecificCharacterSet": "ISO_IR 100", "StudyID": "1", "StudyTime": "162956.093000", "TransmitCoilName": "Body", "VariableFlipAngleFlag": "N", "WindowCenterWidthExplanation": "Algo1", "dBdt": 0.0}, "slices": {}}, "time": {"samples": {"AcquisitionNumber": [1, 2, 3, 4, 5], "AcquisitionTime": ["170217.655000", "170221.655000", "170225.655000", "170229.655000", "170233.655000"], "ContentTime": ["171147.968000", "171147.984000", "171147.984000", "171147.984000", "171147.984000"], "InstanceCreationTime": ["171147.968000", "171147.984000", "171147.984000", "171147.984000", "171147.984000"], "InstanceNumber": [1, 2, 3, 4, 5], "LargestImagePixelValue": [34797, 36083, 35382, 35399, 35779], "WindowCenter": [7537.0, 7571.0, 7562.0, 7570.0, 7572.0], "WindowWidth": [15887.0, 15961.0, 15947.0, 15959.0, 15964.0]}, "slices": {}}}