{"AcquisitionMatrixPE": 96, "AcquisitionNumber": 1, "AcquisitionTime": "17:09:13.425000", "BandwidthPerPixelPhaseEncode": 33.602, "BaseResolution": 96, "BodyPartExamined": "BRAIN", "ConsistencyInfo": "N4_VD11D_LATEST_20110129", "ConversionSoftware": "dcm2niix", "ConversionSoftwareVersion": "v1.0.20210317", "DerivedVendorReportedEchoSpacing": 0.000620003, "DeviceSerialNumber": "45239", "DwellTime": 2.6e-06, "EchoTime": 0.036, "EchoTrainLength": 48, "EffectiveEchoSpacing": 0.000310001, "FlipAngle": 90, "ImageOrientationPatientDICOM": [0.999039, 0.00774933, 0.043136, 0.0176127, 0.830278, -0.557071], "ImageType": ["ORIGINAL", "PRIMARY", "M", "ND", "NORM", "MOSAIC"], "ImagingFrequency": 123.193, "InPlanePhaseEncodingDirectionDICOM": "COL", "InstitutionAddress": "E 24th St. 100,Austin,Southmiddle,US,78712", "InstitutionName": "Univ of Texas at Austin", "InstitutionalDepartmentName": "IRC", "MRAcquisitionType": "2D", "MagneticFieldStrength": 3, "Manufacturer": "Siemens", "ManufacturersModelName": "Skyra", "Modality": "MR", "ParallelReductionFactorInPlane": 2, "PartialFourier": 1, "PatientPosition": "HFS", "PercentPhaseFOV": 100, "PercentSampling": 100, "PhaseEncodingDirection": "j", "PhaseEncodingSteps": 96, "PhaseResolution": 1, "PixelBandwidth": 2005, "ProcedureStepDescription": "Poldrack2^self-scanning", "ProtocolName": "MB-SE_FieldMap_P-A", "PulseSequenceDetails": "%CustomerSeq%\\cmrr_mbep2d_se", "ReceiveCoilActiveElements": "HEA;HEP", "ReceiveCoilName": "Head_32", "ReconMatrixPE": 96, "RefLinesPE": 48, "RepetitionTime": 4, "SAR": 0.412343, "ScanOptions": "WE", "ScanningSequence": "EP", "SequenceName": "epse2d1_96", "SequenceVariant": "SK", "SeriesDescription": "MB-SE_FieldMap_P-A", "SeriesNumber": 10, "ShimSetting": [-2794, 8063, -15430, 115, -243, 42, 199, -53], "SliceThickness": 2, "SliceTiming": [2, 0, 2.0575, 0.0575, 2.1175, 0.1175, 2.175, 0.175, 2.235, 0.235, 2.2925, 0.2925, 2.3525, 0.3525, 2.41, 0.4125, 2.47, 0.47, 2.5275, 0.53, 2.5875, 0.5875, 2.645, 0.6475, 2.705, 0.705, 2.7625, 0.765, 2.8225, 0.8225, 2.8825, 0.8825, 2.94, 0.94, 3, 1, 3.0575, 1.0575, 3.1175, 1.1175, 3.175, 1.175, 3.235, 1.235, 3.2925, 1.2925, 3.3525, 1.3525, 3.41, 1.41, 3.47, 1.47, 3.5275, 1.5275, 3.5875, 1.5875, 3.645, 1.6475, 3.705, 1.705, 3.7625, 1.765, 3.8225, 1.8225, 3.88, 1.8825, 3.94, 1.94], "SoftwareVersions": "syngo MR D11", "SpacingBetweenSlices": 2.4, "StationName": "AWP45239", "TotalReadoutTime": 0.0294501, "TxRefAmp": 344.77, "WipMemBlock": "0b45960d-eb4d-48de-999d-691d23587815||Sequence: VD11D r154; May 23 2012 22:29:07 by eja", "dcmmeta_affine": [[-2.393531322479248, 0.04219697788357735, 0.09631631523370743, 112.16006469726562], [-0.018566111102700233, 1.98920738697052, -1.3375098705291748, -71.37147521972656], [0.10334666818380356, 1.334649920463562, 1.990424633026123, -79.98991394042969], [0.0, 0.0, 0.0, 1.0]], "dcmmeta_reorient_transform": [[0.0, -1.0, 0.0, 95.0], [1.0, 0.0, 0.0, 0.0], [0.0, 0.0, 1.0, 0.0], [0.0, 0.0, 0.0, 1.0]], "dcmmeta_shape": [96, 96, 68, 5], "dcmmeta_slice_dim": 2, "dcmmeta_version": 0.6, "global": {"const": {"AcquisitionMatrix": [96, 0, 0, 96], "AngioFlag": "N", "BitsAllocated": 16, "BitsStored": 16, "BodyPartExamined": "BRAIN", "Columns": 864, "EchoNumbers": 1, "EchoTime": 36.0, "EchoTrainLength": 48, "FlipAngle": 90.0, "HighBit": 15, "ImageOrientationPatient": [0.99903915499535, 0.00774933329836, 0.04313600143288, 0.01761265158148, 0.83027787921535, -0.5570713040446], "ImagePositionPatient": [-1051.4884055012, -888.58823490467, 519.62229271429], "ImageType": ["ORIGINAL", "PRIMARY", "M", "ND", "NORM", "MOSAIC"], "ImagedNucleus": "1H", "ImagingFrequency": 123.193419, "InPlanePhaseEncodingDirection": "COL", "MRAcquisitionType": "2D", "MagneticFieldStrength": 3.0, "Manufacturer": "SIEMENS", "ManufacturerModelName": "Skyra", "Modality": "MR", "NumberOfAverages": 1.0, "NumberOfPhaseEncodingSteps": 96, "PercentPhaseFieldOfView": 100.0, "PercentSampling": 100.0, "PerformedProcedureStepStartTime": "162956.125000", "PhotometricInterpretation": "MONOCHROME2", "PixelBandwidth": 2005.0, "PixelRepresentation": 0, "PixelSpacing": [2.3958332538605, 2.3958332538605], "ProtocolName": "MB-SE_FieldMap_P-A", "RepetitionTime": 4000.0, "Rows": 864, "SAR": 0.41234303987931, "SamplesPerPixel": 1, "ScanOptions": "WE", "ScanningSequence": "EP", "SequenceName": "epse2d1_96", "SequenceVariant": "SK", "SeriesDescription": "MB-SE_FieldMap_P-A", "SeriesNumber": 10, "SeriesTime": "171216.546000", "SliceLocation": -22.062920254625, "SliceThickness": 2.0, "SmallestImagePixelValue": 0, "SoftwareVersions": "syngo MR D11", "SpacingBetweenSlices": 2.3999999697219, "SpecificCharacterSet": "ISO_IR 100", "StudyID": "1", "StudyTime": "162956.093000", "TransmitCoilName": "Body", "VariableFlipAngleFlag": "N", "WindowCenterWidthExplanation": "Algo1", "dBdt": 0.0}, "slices": {}}, "time": {"samples": {"AcquisitionNumber": [1, 2, 3, 4, 5], "AcquisitionTime": ["170913.425000", "170917.425000", "170921.425000", "170925.425000", "170929.425000"], "ContentTime": ["171216.562000", "171216.562000", "171216.562000", "171216.562000", "171216.578000"], "InstanceCreationTime": ["171216.562000", "171216.562000", "171216.562000", "171216.562000", "171216.578000"], "InstanceNumber": [1, 2, 3, 4, 5], "LargestImagePixelValue": [41201, 41398, 41266, 41545, 41478], "WindowCenter": [7358.0, 7356.0, 7346.0, 7369.0, 7367.0], "WindowWidth": [15595.0, 15599.0, 15578.0, 15623.0, 15622.0]}, "slices": {}}}