{"AcquisitionMatrixPE": 96, "AcquisitionNumber": 1, "AcquisitionTime": "07:52:55.677500", "BandwidthPerPixelPhaseEncode": 33.602, "BaseResolution": 96, "BodyPartExamined": "BRAIN", "ConsistencyInfo": "N4_VD13A_LATEST_20120616", "ConversionSoftware": "dcm2niix", "ConversionSoftwareVersion": "v1.0.20210317", "DerivedVendorReportedEchoSpacing": 0.000620003, "DeviceSerialNumber": "45239", "DwellTime": 2.6e-06, "EchoTime": 0.03, "EchoTrainLength": 47, "EffectiveEchoSpacing": 0.000310001, "FlipAngle": 63, "ImageComments": "Unaliased MB4/PE3", "ImageOrientationPatientDICOM": [0.999381, -0.0269463, 0.0226384, 0.0344944, 0.877576, -0.478196], "ImageType": ["ORIGINAL", "PRIMARY", "M", "ND", "NORM", "MOSAIC"], "ImagingFrequency": 123.191, "InPlanePhaseEncodingDirectionDICOM": "COL", "InstitutionAddress": "E 24th St. 100,Austin,Southmiddle,US,78712", "InstitutionName": "Univ of Texas at Austin", "InstitutionalDepartmentName": "IRC", "MRAcquisitionType": "2D", "MagneticFieldStrength": 3, "Manufacturer": "Siemens", "ManufacturersModelName": "Skyra", "Modality": "MR", "MultibandAccelerationFactor": 4, "ParallelReductionFactorInPlane": 2, "PartialFourier": 1, "PatientPosition": "HFS", "PercentPhaseFOV": 100, "PercentSampling": 100, "PhaseEncodingDirection": "j-", "PhaseEncodingSteps": 95, "PhaseResolution": 1, "PixelBandwidth": 2005, "ProcedureStepDescription": "Poldrack2^self-scanning", "ProtocolName": "superloc_run1", "PulseSequenceDetails": "%CustomerSeq%\\cmrr_mbep2d_bold", "ReceiveCoilActiveElements": "HEA;HEP", "ReceiveCoilName": "Head_32", "ReconMatrixPE": 96, "RefLinesPE": 48, "RepetitionTime": 1.16, "SAR": 0.144651, "ScanOptions": "FS", "ScanningSequence": "EP", "SequenceName": "epfid2d1_96", "SequenceVariant": "SK", "SeriesDescription": "superloc_run1", "SeriesNumber": 8, "ShimSetting": [-2968, 8303, -15488, -802, 195, -662, 136, 204], "SliceThickness": 2, "SliceTiming": [0, 0.4975, 0.9975, 0.355, 0.855, 0.2125, 0.7125, 0.07, 0.57, 1.0675, 0.4275, 0.925, 0.285, 0.7825, 0.1425, 0.64, 0, 0.4975, 0.9975, 0.355, 0.855, 0.2125, 0.7125, 0.07, 0.57, 1.0675, 0.4275, 0.925, 0.285, 0.7825, 0.1425, 0.64, 0, 0.4975, 0.9975, 0.355, 0.855, 0.2125, 0.7125, 0.07, 0.57, 1.0675, 0.4275, 0.925, 0.285, 0.7825, 0.1425, 0.64, 0, 0.4975, 0.9975, 0.355, 0.855, 0.2125, 0.7125, 0.07, 0.57, 1.0675, 0.4275, 0.925, 0.285, 0.7825, 0.1425, 0.64], "SoftwareVersions": "syngo MR D13", "SpacingBetweenSlices": 2.4, "StationName": "AWP45239", "TaskName": "Sentence processing task", "TotalReadoutTime": 0.0294501, "TxRefAmp": 362.286, "WipMemBlock": "0e4baeb5-e07c-47dd-b622-56249fe25cc0||Sequence: vd13a/R010 r/fd129fc; Dec 13 2013 16:14:27 by eja", "dcmmeta_affine": [[-2.3943490982055664, 0.0826428011059761, 0.016755005344748497, 111.97616577148438], [0.06455894559621811, 2.102524995803833, -1.1488324403762817, -87.51729583740234], [0.0542377308011055, 1.1456767320632935, 2.1071078777313232, -71.1672592163086], [0.0, 0.0, 0.0, 1.0]], "dcmmeta_reorient_transform": [[0.0, -1.0, 0.0, 95.0], [1.0, 0.0, 0.0, 0.0], [0.0, 0.0, 1.0, 0.0], [0.0, 0.0, 0.0, 1.0]], "dcmmeta_shape": [96, 96, 64, 326], "dcmmeta_slice_dim": 2, "dcmmeta_version": 0.6, "global": {"const": {"AcquisitionMatrix": [96, 0, 0, 96], "AngioFlag": "N", "BitsAllocated": 16, "BitsStored": 16, "BodyPartExamined": "BRAIN", "Columns": 768, "DeidentificationMethodCodeSequence": [{"CodeMeaning": "XNAT Edit Script", "CodeValue": "93", "CodingSchemeDesignator": "XNAT", "CodingSchemeVersion": "0.1"}], "EchoNumbers": 1, "EchoTime": 30.0, "EchoTrainLength": 47, "FlipAngle": 63.0, "HighBit": 15, "ImageOrientationPatient": [0.9993805077535, -0.0269463438579, 0.02263835848855, 0.03449438848733, 0.87757572876607, -0.478195543103], "ImagePositionPatient": [-952.09649531658, -796.97921949055, 404.39555778821], "ImageType": ["ORIGINAL", "PRIMARY", "M", "ND", "NORM", "MOSAIC"], "ImagedNucleus": "1H", "ImagingFrequency": 123.191378, "InPlanePhaseEncodingDirection": "COL", "MRAcquisitionType": "2D", "MagneticFieldStrength": 3.0, "Manufacturer": "SIEMENS", "ManufacturerModelName": "Skyra", "Modality": "MR", "NumberOfAverages": 1.0, "NumberOfPhaseEncodingSteps": 95, "PercentPhaseFieldOfView": 100.0, "PercentSampling": 100.0, "PerformedProcedureStepStartTime": "071802.614000", "PhotometricInterpretation": "MONOCHROME2", "PixelBandwidth": 2005.0, "PixelRepresentation": 0, "PixelSpacing": [2.3958332538605, 2.3958332538605], "ProtocolName": "superloc_run1", "RepetitionTime": 1160.0, "Rows": 768, "SAR": 0.14465112141479, "SamplesPerPixel": 1, "ScanOptions": "FS", "ScanningSequence": "EP", "SequenceName": "epfid2d1_96", "SequenceVariant": "SK", "SeriesDescription": "superloc_run1", "SeriesNumber": 8, "SeriesTime": "075348.126000", "SliceLocation": -19.807586163786, "SliceThickness": 2.0, "SmallestImagePixelValue": 0, "SoftwareVersions": "syngo MR D13", "SpacingBetweenSlices": 2.4000000246098, "SpecificCharacterSet": "ISO_IR 100", "StudyID": "1", "StudyTime": "071802.442000", "TransmitCoilName": "Body", "VariableFlipAngleFlag": "N", "WindowCenterWidthExplanation": "Algo1", "dBdt": 0.0}, "slices": {}}, "time": {"samples": {"AcquisitionNumber": [1, 2, 3, 4, 5, 6, 7, 8, 9, 10, 11, 12, 13, 14, 15, 16, 17, 18, 19, 20, 21, 22, 23, 24, 25, 26, 27, 28, 29, 30, 31, 32, 33, 34, 35, 36, 37, 38, 39, 40, 41, 42, 43, 44, 45, 46, 47, 48, 49, 50, 51, 52, 53, 54, 55, 56, 57, 58, 59, 60, 61, 62, 63, 64, 65, 66, 67, 68, 69, 70, 71, 72, 73, 74, 75, 76, 77, 78, 79, 80, 81, 82, 83, 84, 85, 86, 87, 88, 89, 90, 91, 92, 93, 94, 95, 96, 97, 98, 99, 100, 101, 102, 103, 104, 105, 106, 107, 108, 109, 110, 111, 112, 113, 114, 115, 116, 117, 118, 119, 120, 121, 122, 123, 124, 125, 126, 127, 128, 129, 130, 131, 132, 133, 134, 135, 136, 137, 138, 139, 140, 141, 142, 143, 144, 145, 146, 147, 148, 149, 150, 151, 152, 153, 154, 155, 156, 157, 158, 159, 160, 161, 162, 163, 164, 165, 166, 167, 168, 169, 170, 171, 172, 173, 174, 175, 176, 177, 178, 179, 180, 181, 182, 183, 184, 185, 186, 187, 188, 189, 190, 191, 192, 193, 194, 195, 196, 197, 198, 199, 200, 201, 202, 203, 204, 205, 206, 207, 208, 209, 210, 211, 212, 213, 214, 215, 216, 217, 218, 219, 220, 221, 222, 223, 224, 225, 226, 227, 228, 229, 230, 231, 232, 233, 234, 235, 236, 237, 238, 239, 240, 241, 242, 243, 244, 245, 246, 247, 248, 249, 250, 251, 252, 253, 254, 255, 256, 257, 258, 259, 260, 261, 262, 263, 264, 265, 266, 267, 268, 269, 270, 271, 272, 273, 274, 275, 276, 277, 278, 279, 280, 281, 282, 283, 284, 285, 286, 287, 288, 289, 290, 291, 292, 293, 294, 295, 296, 297, 298, 299, 300, 301, 302, 303, 304, 305, 306, 307, 308, 309, 310, 311, 312, 313, 314, 315, 316, 317, 318, 319, 320, 321, 322, 323, 324, 325, 326], "AcquisitionTime": ["075255.677500", "075302.617500", "075303.777500", "075304.937500", "075306.097500", "075307.257500", "075308.417500", "075309.577500", "075310.737500", "075311.897500", "075313.057500", "075314.217500", "075315.377500", "075316.537500", "075317.697500", "075318.857500", "075320.017500", "075321.177500", "075322.337500", "075323.497500", "075324.657500", "075325.817500", "075326.977500", "075328.137500", "075329.297500", "075330.457500", "075331.617500", "075332.777500", "075333.937500", "075335.097500", "075336.257500", "075337.417500", "075338.577500", "075339.737500", "075340.897500", "075342.057500", "075343.217500", "075344.377500", "075345.537500", "075346.697500", "075347.857500", "075349.017500", "075350.177500", "075351.337500", "075352.497500", "075353.657500", "075354.817500", "075355.977500", "075357.137500", "075358.297500", "075359.457500", "075400.617500", "075401.777500", "075402.937500", "075404.097500", "075405.257500", "075406.417500", "075407.577500", "075408.737500", "075409.897500", "075411.057500", "075412.217500", "075413.377500", "075414.537500", "075415.697500", "075416.857500", "075418.017500", "075419.177500", "075420.337500", "075421.497500", "075422.657500", "075423.817500", "075424.977500", "075426.137500", "075427.297500", "075428.457500", "075429.617500", "075430.777500", "075431.937500", "075433.097500", "075434.257500", "075435.417500", "075436.577500", "075437.737500", "075438.897500", "075440.057500", "075441.217500", "075442.377500", "075443.537500", "075444.697500", "075445.857500", "075447.017500", "075448.177500", "075449.337500", "075450.497500", "075451.657500", "075452.817500", "075453.977500", "075455.137500", "075456.297500", "075457.457500", "075458.617500", "075459.777500", "075500.937500", "075502.097500", "075503.257500", "075504.417500", "075505.577500", "075506.737500", "075507.897500", "075509.057500", "075510.217500", "075511.377500", "075512.537500", "075513.697500", "075514.857500", "075516.017500", "075517.177500", "075518.337500", "075519.497500", "075520.657500", "075521.817500", "075522.977500", "075524.137500", "075525.297500", "075526.457500", "075527.617500", "075528.777500", "075529.937500", "075531.097500", "075532.257500", "075533.417500", "075534.577500", "075535.737500", "075536.897500", "075538.057500", "075539.217500", "075540.377500", "075541.537500", "075542.697500", "075543.857500", "075545.017500", "075546.177500", "075547.337500", "075548.497500", "075549.657500", "075550.817500", "075551.977500", "075553.137500", "075554.297500", "075555.457500", "075556.617500", "075557.777500", "075558.937500", "075600.097500", "075601.257500", "075602.417500", "075603.577500", "075604.737500", "075605.897500", "075607.057500", "075608.217500", "075609.377500", "075610.537500", "075611.697500", "075612.857500", "075614.017500", "075615.177500", "075616.337500", "075617.497500", "075618.657500", "075619.817500", "075620.977500", "075622.137500", "075623.297500", "075624.457500", "075625.617500", "075626.777500", "075627.937500", "075629.097500", "075630.257500", "075631.417500", "075632.577500", "075633.737500", "075634.897500", "075636.057500", "075637.217500", "075638.377500", "075639.537500", "075640.697500", "075641.857500", "075643.017500", "075644.177500", "075645.337500", "075646.497500", "075647.657500", "075648.817500", "075649.980000", "075651.140000", "075652.300000", "075653.460000", "075654.620000", "075655.780000", "075656.940000", "075658.100000", "075659.260000", "075700.420000", "075701.580000", "075702.740000", "075703.900000", "075705.060000", "075706.220000", "075707.380000", "075708.540000", "075709.700000", "075710.860000", "075712.020000", "075713.180000", "075714.340000", "075715.500000", "075716.660000", "075717.820000", "075718.980000", "075720.140000", "075721.300000", "075722.460000", "075723.620000", "075724.780000", "075725.940000", "075727.100000", "075728.260000", "075729.420000", "075730.580000", "075731.740000", "075732.900000", "075734.060000", "075735.220000", "075736.380000", "075737.540000", "075738.700000", "075739.860000", "075741.020000", "075742.180000", "075743.340000", "075744.500000", "075745.660000", "075746.820000", "075747.980000", "075749.140000", "075750.300000", "075751.460000", "075752.620000", "075753.780000", "075754.940000", "075756.100000", "075757.260000", "075758.420000", "075759.580000", "075800.740000", "075801.900000", "075803.060000", "075804.220000", "075805.380000", "075806.540000", "075807.700000", "075808.860000", "075810.020000", "075811.180000", "075812.340000", "075813.500000", "075814.660000", "075815.820000", "075816.980000", "075818.140000", "075819.300000", "075820.460000", "075821.620000", "075822.780000", "075823.940000", "075825.100000", "075826.260000", "075827.420000", "075828.580000", "075829.740000", "075830.900000", "075832.060000", "075833.220000", "075834.380000", "075835.540000", "075836.700000", "075837.860000", "075839.020000", "075840.180000", "075841.340000", "075842.500000", "075843.660000", "075844.820000", "075845.980000", "075847.140000", "075848.300000", "075849.460000", "075850.620000", "075851.780000", "075852.940000", "075854.100000", "075855.260000", "075856.420000", "075857.580000", "075858.740000", "075859.900000", "075901.060000", "075902.220000", "075903.380000", "075904.540000", "075905.700000", "075906.860000", "075908.020000", "075909.180000", "075910.340000", "075911.500000", "075912.660000", "075913.820000", "075914.980000", "075916.140000", "075917.300000", "075918.460000"], "ContentTime": ["075348.130000", "075348.141000", "075348.149000", "075348.153000", "075348.157000", "075348.162000", "075348.166000", "075348.170000", "075348.174000", "075348.179000", "075348.183000", "075348.187000", "075348.191000", "075348.195000", "075348.199000", "075348.203000", "075348.207000", "075348.212000", "075348.215000", "075348.219000", "075348.225000", "075348.230000", "075348.238000", "075348.243000", "075348.247000", "075348.251000", "075348.255000", "075348.259000", "075348.263000", "075348.268000", "075348.272000", "075348.277000", "075348.281000", "075348.289000", "075348.293000", "075348.297000", "075348.309000", "075408.092000", "075408.097000", "075408.101000", "075408.106000", "075408.110000", "075408.114000", "075408.118000", "075408.123000", "075408.127000", "075408.131000", "075408.135000", "075408.140000", "075408.144000", "075408.149000", "075408.153000", "075408.157000", "075408.161000", "075408.165000", "075408.169000", "075408.174000", "075448.094000", "075448.098000", "075448.102000", "075448.107000", "075448.111000", "075448.116000", "075448.120000", "075448.124000", "075448.128000", "075448.132000", "075448.136000", "075448.145000", "075448.149000", "075448.153000", "075448.157000", "075448.161000", "075448.166000", "075448.170000", "075448.174000", "075448.180000", "075448.184000", "075448.190000", "075448.194000", "075448.199000", "075448.203000", "075448.207000", "075448.211000", "075448.215000", "075448.219000", "075448.224000", "075448.228000", "075448.233000", "075448.237000", "075448.241000", "075528.090000", "075528.094000", "075528.098000", "075528.103000", "075528.107000", "075528.111000", "075528.116000", "075528.120000", "075528.124000", "075528.129000", "075528.133000", "075528.137000", "075528.141000", "075528.145000", "075528.150000", "075528.154000", "075528.158000", "075528.163000", "075528.167000", "075528.172000", "075528.176000", "075528.180000", "075528.184000", "075528.189000", "075528.193000", "075528.197000", "075528.201000", "075528.206000", "075528.210000", "075528.214000", "075528.218000", "075528.223000", "075528.227000", "075528.231000", "075528.235000", "075608.091000", "075608.096000", "075608.100000", "075608.104000", "075608.109000", "075608.113000", "075608.117000", "075608.121000", "075608.126000", "075608.130000", "075608.135000", "075608.139000", "075608.143000", "075608.147000", "075608.152000", "075608.156000", "075608.161000", "075608.165000", "075608.169000", "075608.173000", "075608.178000", "075608.182000", "075608.186000", "075608.191000", "075608.195000", "075608.199000", "075608.204000", "075608.208000", "075608.212000", "075608.216000", "075608.221000", "075608.226000", "075608.232000", "075608.237000", "075648.111000", "075648.116000", "075648.120000", "075648.124000", "075648.128000", "075648.132000", "075648.137000", "075648.141000", "075648.145000", "075648.149000", "075648.154000", "075648.158000", "075648.162000", "075648.166000", "075648.171000", "075648.175000", "075648.179000", "075648.184000", "075648.188000", "075648.192000", "075648.196000", "075648.200000", "075648.205000", "075648.209000", "075648.213000", "075648.218000", "075648.222000", "075648.227000", "075648.232000", "075648.236000", "075648.240000", "075648.244000", "075648.248000", "075648.253000", "075708.093000", "075708.098000", "075708.102000", "075708.106000", "075708.111000", "075708.115000", "075708.119000", "075708.123000", "075708.128000", "075708.132000", "075708.136000", "075708.140000", "075708.144000", "075708.148000", "075708.152000", "075708.156000", "075708.161000", "075708.165000", "075748.092000", "075748.097000", "075748.101000", "075748.105000", "075748.109000", "075748.113000", "075748.118000", "075748.122000", "075748.126000", "075748.130000", "075748.135000", "075748.149000", "075748.153000", "075748.157000", "075748.162000", "075748.166000", "075748.170000", "075748.174000", "075748.179000", "075748.183000", "075748.187000", "075748.191000", "075748.196000", "075748.201000", "075748.205000", "075748.209000", "075748.214000", "075748.218000", "075748.222000", "075748.226000", "075748.231000", "075748.235000", "075748.239000", "075748.243000", "075828.090000", "075828.095000", "075828.105000", "075828.110000", "075828.114000", "075828.118000", "075828.123000", "075828.127000", "075828.131000", "075828.136000", "075828.140000", "075828.144000", "075828.148000", "075828.152000", "075828.157000", "075828.162000", "075828.166000", "075828.170000", "075828.174000", "075828.179000", "075828.190000", "075828.195000", "075828.199000", "075828.203000", "075828.208000", "075828.212000", "075828.216000", "075828.221000", "075828.225000", "075828.229000", "075828.234000", "075828.238000", "075828.242000", "075828.246000", "075828.251000", "075908.092000", "075908.097000", "075908.101000", "075908.106000", "075908.110000", "075908.114000", "075908.118000", "075908.123000", "075908.127000", "075908.132000", "075908.136000", "075908.140000", "075908.144000", "075908.148000", "075908.152000", "075908.157000", "075908.161000", "075908.165000", "075908.169000", "075908.173000", "075908.177000", "075908.182000", "075908.186000", "075908.190000", "075908.194000", "075908.198000", "075908.202000", "075908.207000", "075908.211000", "075908.215000", "075908.219000", "075908.224000", "075908.228000", "075908.232000", "075920.019000", "075920.024000", "075920.028000", "075920.033000", "075920.037000", "075920.041000", "075920.045000", "075920.050000", "075920.054000", "075920.058000", "075920.062000"], "InstanceCreationTime": ["075348.130000", "075348.141000", "075348.149000", "075348.153000", "075348.157000", "075348.162000", "075348.166000", "075348.170000", "075348.174000", "075348.179000", "075348.183000", "075348.187000", "075348.191000", "075348.195000", "075348.199000", "075348.203000", "075348.207000", "075348.212000", "075348.215000", "075348.219000", "075348.225000", "075348.230000", "075348.238000", "075348.243000", "075348.247000", "075348.251000", "075348.255000", "075348.259000", "075348.263000", "075348.268000", "075348.272000", "075348.277000", "075348.281000", "075348.289000", "075348.293000", "075348.297000", "075348.309000", "075408.092000", "075408.097000", "075408.101000", "075408.106000", "075408.110000", "075408.114000", "075408.118000", "075408.123000", "075408.127000", "075408.131000", "075408.135000", "075408.140000", "075408.144000", "075408.149000", "075408.153000", "075408.157000", "075408.161000", "075408.165000", "075408.169000", "075408.174000", "075448.094000", "075448.098000", "075448.102000", "075448.107000", "075448.111000", "075448.116000", "075448.120000", "075448.124000", "075448.128000", "075448.132000", "075448.136000", "075448.145000", "075448.149000", "075448.153000", "075448.157000", "075448.161000", "075448.166000", "075448.170000", "075448.174000", "075448.180000", "075448.184000", "075448.190000", "075448.194000", "075448.199000", "075448.203000", "075448.207000", "075448.211000", "075448.215000", "075448.219000", "075448.224000", "075448.228000", "075448.233000", "075448.237000", "075448.241000", "075528.090000", "075528.094000", "075528.098000", "075528.103000", "075528.107000", "075528.111000", "075528.116000", "075528.120000", "075528.124000", "075528.129000", "075528.133000", "075528.137000", "075528.141000", "075528.145000", "075528.150000", "075528.154000", "075528.158000", "075528.163000", "075528.167000", "075528.172000", "075528.176000", "075528.180000", "075528.184000", "075528.189000", "075528.193000", "075528.197000", "075528.201000", "075528.206000", "075528.210000", "075528.214000", "075528.218000", "075528.223000", "075528.227000", "075528.231000", "075528.235000", "075608.091000", "075608.096000", "075608.100000", "075608.104000", "075608.109000", "075608.113000", "075608.117000", "075608.121000", "075608.126000", "075608.130000", "075608.135000", "075608.139000", "075608.143000", "075608.147000", "075608.152000", "075608.156000", "075608.161000", "075608.165000", "075608.169000", "075608.173000", "075608.178000", "075608.182000", "075608.186000", "075608.191000", "075608.195000", "075608.199000", "075608.204000", "075608.208000", "075608.212000", "075608.216000", "075608.221000", "075608.226000", "075608.232000", "075608.237000", "075648.111000", "075648.116000", "075648.120000", "075648.124000", "075648.128000", "075648.132000", "075648.137000", "075648.141000", "075648.145000", "075648.149000", "075648.154000", "075648.158000", "075648.162000", "075648.166000", "075648.171000", "075648.175000", "075648.179000", "075648.184000", "075648.188000", "075648.192000", "075648.196000", "075648.200000", "075648.205000", "075648.209000", "075648.213000", "075648.218000", "075648.222000", "075648.227000", "075648.232000", "075648.236000", "075648.240000", "075648.244000", "075648.248000", "075648.253000", "075708.093000", "075708.098000", "075708.102000", "075708.106000", "075708.111000", "075708.115000", "075708.119000", "075708.123000", "075708.128000", "075708.132000", "075708.136000", "075708.140000", "075708.144000", "075708.148000", "075708.152000", "075708.156000", "075708.161000", "075708.165000", "075748.092000", "075748.097000", "075748.101000", "075748.105000", "075748.109000", "075748.113000", "075748.118000", "075748.122000", "075748.126000", "075748.130000", "075748.135000", "075748.149000", "075748.153000", "075748.157000", "075748.162000", "075748.166000", "075748.170000", "075748.174000", "075748.179000", "075748.183000", "075748.187000", "075748.191000", "075748.196000", "075748.201000", "075748.205000", "075748.209000", "075748.214000", "075748.218000", "075748.222000", "075748.226000", "075748.231000", "075748.235000", "075748.239000", "075748.243000", "075828.090000", "075828.095000", "075828.105000", "075828.110000", "075828.114000", "075828.118000", "075828.123000", "075828.127000", "075828.131000", "075828.136000", "075828.140000", "075828.144000", "075828.148000", "075828.152000", "075828.157000", "075828.162000", "075828.166000", "075828.170000", "075828.174000", "075828.179000", "075828.190000", "075828.195000", "075828.199000", "075828.203000", "075828.208000", "075828.212000", "075828.216000", "075828.221000", "075828.225000", "075828.229000", "075828.234000", "075828.238000", "075828.242000", "075828.246000", "075828.251000", "075908.092000", "075908.097000", "075908.101000", "075908.106000", "075908.110000", "075908.114000", "075908.118000", "075908.123000", "075908.127000", "075908.132000", "075908.136000", "075908.140000", "075908.144000", "075908.148000", "075908.152000", "075908.157000", "075908.161000", "075908.165000", "075908.169000", "075908.173000", "075908.177000", "075908.182000", "075908.186000", "075908.190000", "075908.194000", "075908.198000", "075908.202000", "075908.207000", "075908.211000", "075908.215000", "075908.219000", "075908.224000", "075908.228000", "075908.232000", "075920.019000", "075920.024000", "075920.028000", "075920.033000", "075920.037000", "075920.041000", "075920.045000", "075920.050000", "075920.054000", "075920.058000", "075920.062000"], "InstanceNumber": [1, 2, 3, 4, 5, 6, 7, 8, 9, 10, 11, 12, 13, 14, 15, 16, 17, 18, 19, 20, 21, 22, 23, 24, 25, 26, 27, 28, 29, 30, 31, 32, 33, 34, 35, 36, 37, 38, 39, 40, 41, 42, 43, 44, 45, 46, 47, 48, 49, 50, 51, 52, 53, 54, 55, 56, 57, 58, 59, 60, 61, 62, 63, 64, 65, 66, 67, 68, 69, 70, 71, 72, 73, 74, 75, 76, 77, 78, 79, 80, 81, 82, 83, 84, 85, 86, 87, 88, 89, 90, 91, 92, 93, 94, 95, 96, 97, 98, 99, 100, 101, 102, 103, 104, 105, 106, 107, 108, 109, 110, 111, 112, 113, 114, 115, 116, 117, 118, 119, 120, 121, 122, 123, 124, 125, 126, 127, 128, 129, 130, 131, 132, 133, 134, 135, 136, 137, 138, 139, 140, 141, 142, 143, 144, 145, 146, 147, 148, 149, 150, 151, 152, 153, 154, 155, 156, 157, 158, 159, 160, 161, 162, 163, 164, 165, 166, 167, 168, 169, 170, 171, 172, 173, 174, 175, 176, 177, 178, 179, 180, 181, 182, 183, 184, 185, 186, 187, 188, 189, 190, 191, 192, 193, 194, 195, 196, 197, 198, 199, 200, 201, 202, 203, 204, 205, 206, 207, 208, 209, 210, 211, 212, 213, 214, 215, 216, 217, 218, 219, 220, 221, 222, 223, 224, 225, 226, 227, 228, 229, 230, 231, 232, 233, 234, 235, 236, 237, 238, 239, 240, 241, 242, 243, 244, 245, 246, 247, 248, 249, 250, 251, 252, 253, 254, 255, 256, 257, 258, 259, 260, 261, 262, 263, 264, 265, 266, 267, 268, 269, 270, 271, 272, 273, 274, 275, 276, 277, 278, 279, 280, 281, 282, 283, 284, 285, 286, 287, 288, 289, 290, 291, 292, 293, 294, 295, 296, 297, 298, 299, 300, 301, 302, 303, 304, 305, 306, 307, 308, 309, 310, 311, 312, 313, 314, 315, 316, 317, 318, 319, 320, 321, 322, 323, 324, 325, 326], "LargestImagePixelValue": [36098, 35975, 44232, 35467, 34040, 33442, 41529, 33817, 36101, 45752, 35479, 40838, 32954, 41489, 29706, 36929, 34904, 41489, 33137, 37138, 46148, 33173, 41402, 31500, 37190, 32260, 37052, 42792, 35236, 32788, 35992, 44005, 32600, 40768, 36537, 36866, 43193, 35005, 51036, 33414, 40806, 31601, 37322, 51106, 34536, 43319, 33286, 38913, 33337, 37436, 41857, 34133, 42085, 30552, 36896, 36080, 36016, 46273, 33932, 38225, 29151, 39581, 28305, 40431, 33430, 38189, 32273, 39217, 49330, 34565, 33683, 36569, 43378, 32592, 45384, 33947, 52875, 34901, 40603, 34362, 36305, 48693, 33590, 34486, 33540, 43038, 32840, 39949, 29818, 40974, 51912, 35625, 44516, 30986, 37562, 38527, 34043, 45369, 34432, 35800, 31517, 35223, 39958, 31490, 38047, 32435, 35600, 41780, 36518, 50377, 32390, 35819, 39810, 39823, 51852, 32691, 40601, 29783, 36131, 49874, 33493, 38795, 41993, 35250, 40709, 32831, 36723, 44649, 35905, 40194, 29972, 36473, 41104, 37617, 50819, 33023, 35491, 39568, 37492, 50329, 34217, 36655, 30779, 36902, 42004, 36376, 40082, 34969, 41604, 32117, 49736, 29959, 35560, 35914, 36748, 47498, 37883, 52590, 36144, 39779, 32871, 30432, 40052, 43207, 36609, 46145, 32162, 37038, 46599, 34989, 43011, 32410, 34636, 44094, 31192, 36008, 46989, 34361, 41847, 30225, 34966, 47581, 35602, 37570, 33172, 52275, 35678, 37930, 45139, 35773, 41940, 33835, 37807, 47984, 35261, 38388, 33623, 36450, 33441, 40044, 34801, 36403, 45010, 31656, 39599, 49216, 35812, 43296, 32878, 38574, 31047, 38760, 44299, 39037, 53498, 33415, 39661, 31639, 36220, 40833, 35192, 34935, 35608, 40551, 31788, 37818, 41245, 36366, 46772, 32965, 39289, 31698, 40838, 33593, 37124, 46923, 33671, 34996, 49774, 31282, 39568, 33056, 38262, 37804, 50652, 31673, 39335, 37629, 35817, 43796, 34130, 46641, 33255, 40644, 31405, 37450, 36448, 35942, 43275, 33852, 40361, 33395, 38318, 41089, 35249, 41451, 32829, 39993, 32510, 41524, 49630, 33692, 40700, 30304, 37674, 47788, 33884, 46813, 35109, 39072, 32544, 34779, 34557, 46971, 30866, 38401, 40637, 42070, 37142, 44836, 32324, 39284, 31639, 36540, 45024, 32826, 36946, 48959, 35334, 38137, 33174, 36771, 48623, 34233, 40282, 32528, 38712, 48729, 35920, 43814, 31041, 38687, 54597, 36952, 42286, 33666, 49377, 29796, 35381, 42888, 30972, 39013, 29453, 40829, 35082, 39555], "WindowCenter": [11178.0, 11162.0, 11174.0, 11149.0, 11154.0, 11147.0, 11159.0, 11132.0, 11142.0, 11167.0, 11142.0, 11168.0, 11140.0, 11152.0, 11120.0, 11145.0, 11145.0, 11158.0, 11145.0, 11154.0, 11166.0, 11143.0, 11167.0, 11137.0, 11155.0, 11148.0, 11151.0, 11166.0, 11153.0, 11155.0, 11166.0, 11176.0, 11143.0, 11159.0, 11150.0, 11154.0, 11171.0, 11155.0, 11184.0, 11144.0, 11169.0, 11138.0, 11140.0, 11171.0, 11134.0, 11161.0, 11140.0, 11139.0, 11130.0, 11142.0, 11153.0, 11138.0, 11150.0, 11096.0, 11153.0, 11145.0, 11147.0, 11142.0, 11143.0, 11149.0, 11131.0, 11162.0, 11134.0, 11167.0, 11143.0, 11157.0, 11120.0, 11150.0, 11175.0, 11142.0, 11128.0, 11166.0, 11182.0, 11180.0, 11189.0, 11161.0, 11188.0, 11152.0, 11150.0, 11101.0, 11134.0, 11163.0, 11137.0, 11126.0, 11131.0, 11146.0, 11140.0, 11152.0, 11125.0, 11160.0, 11140.0, 11120.0, 11121.0, 11109.0, 11118.0, 11129.0, 11126.0, 11159.0, 11126.0, 11139.0, 11122.0, 11131.0, 11147.0, 11135.0, 11144.0, 11116.0, 11153.0, 11135.0, 11156.0, 11151.0, 11107.0, 11121.0, 11130.0, 11152.0, 11171.0, 11106.0, 11156.0, 11133.0, 11152.0, 11166.0, 11136.0, 11126.0, 11158.0, 11144.0, 11155.0, 11103.0, 11145.0, 11144.0, 11152.0, 11142.0, 11141.0, 11152.0, 11162.0, 11138.0, 11179.0, 11111.0, 11146.0, 11152.0, 11123.0, 11173.0, 11139.0, 11151.0, 11135.0, 11125.0, 11157.0, 11122.0, 11136.0, 11124.0, 11164.0, 11143.0, 11155.0, 11127.0, 11144.0, 11120.0, 11118.0, 11166.0, 11147.0, 11169.0, 11181.0, 11183.0, 11122.0, 11118.0, 11166.0, 11163.0, 11142.0, 11161.0, 11123.0, 11128.0, 11147.0, 11134.0, 11123.0, 11125.0, 11133.0, 11161.0, 11120.0, 11110.0, 11138.0, 11109.0, 11128.0, 11129.0, 11142.0, 11171.0, 11185.0, 11128.0, 11151.0, 11170.0, 11115.0, 11118.0, 11149.0, 11123.0, 11137.0, 11099.0, 11138.0, 11151.0, 11132.0, 11122.0, 11105.0, 11110.0, 11115.0, 11161.0, 11129.0, 11135.0, 11165.0, 11130.0, 11159.0, 11167.0, 11140.0, 11169.0, 11137.0, 11149.0, 11124.0, 11116.0, 11167.0, 11146.0, 11159.0, 11134.0, 11146.0, 11120.0, 11129.0, 11147.0, 11139.0, 11145.0, 11158.0, 11166.0, 11141.0, 11155.0, 11162.0, 11147.0, 11170.0, 11111.0, 11154.0, 11130.0, 11154.0, 11138.0, 11156.0, 11219.0, 11128.0, 11119.0, 11178.0, 11139.0, 11124.0, 11119.0, 11132.0, 11137.0, 11136.0, 11092.0, 11141.0, 11128.0, 11094.0, 11136.0, 11120.0, 11144.0, 11115.0, 11145.0, 11092.0, 11138.0, 11142.0, 11140.0, 11161.0, 11136.0, 11160.0, 11136.0, 11146.0, 11151.0, 11144.0, 11141.0, 11148.0, 11158.0, 11116.0, 11156.0, 11143.0, 11135.0, 11137.0, 11115.0, 11136.0, 11160.0, 11137.0, 11166.0, 11119.0, 11198.0, 11180.0, 11151.0, 11139.0, 11163.0, 11098.0, 11104.0, 11132.0, 11143.0, 11130.0, 11152.0, 11102.0, 11146.0, 11125.0, 11135.0, 11151.0, 11096.0, 11112.0, 11168.0, 11115.0, 11161.0, 11140.0, 11154.0, 11170.0, 11121.0, 11167.0, 11115.0, 11152.0, 11149.0, 11145.0, 11165.0, 11132.0, 11117.0, 11140.0, 11140.0, 11155.0, 11134.0, 11142.0, 11124.0, 11131.0, 11144.0, 11115.0, 11116.0, 11090.0, 11117.0, 11098.0, 11132.0], "WindowWidth": [24091.0, 24036.0, 24065.0, 23993.0, 24010.0, 23990.0, 24020.0, 23950.0, 23979.0, 24044.0, 23975.0, 24039.0, 23971.0, 24002.0, 23917.0, 23984.0, 23980.0, 24015.0, 23985.0, 24006.0, 24044.0, 23978.0, 24045.0, 23963.0, 24011.0, 23991.0, 24002.0, 24044.0, 24002.0, 24014.0, 24040.0, 24065.0, 23978.0, 24020.0, 23999.0, 24010.0, 24053.0, 24011.0, 24090.0, 23983.0, 24049.0, 23964.0, 23972.0, 24055.0, 23954.0, 24024.0, 23969.0, 23972.0, 23943.0, 23974.0, 24002.0, 23963.0, 23998.0, 23881.0, 24002.0, 23982.0, 23982.0, 24003.0, 23978.0, 23997.0, 23948.0, 24027.0, 23955.0, 24043.0, 23973.0, 24017.0, 23938.0, 23996.0, 24071.0, 23976.0, 23965.0, 24040.0, 24081.0, 24075.0, 24096.0, 24026.0, 24100.0, 23993.0, 23993.0, 23889.0, 23950.0, 24032.0, 23959.0, 23953.0, 23967.0, 24010.0, 23969.0, 24000.0, 23929.0, 24021.0, 23991.0, 23909.0, 23940.0, 23885.0, 23909.0, 23936.0, 23931.0, 24020.0, 23928.0, 23963.0, 23922.0, 23941.0, 23984.0, 23948.0, 23978.0, 23931.0, 24000.0, 23981.0, 24007.0, 24023.0, 23903.0, 23942.0, 23962.0, 23994.0, 24051.0, 23904.0, 24008.0, 23948.0, 23994.0, 24038.0, 23956.0, 23956.0, 24011.0, 23973.0, 24006.0, 23896.0, 23980.0, 24003.0, 23996.0, 23999.0, 23970.0, 24001.0, 24026.0, 23985.0, 24075.0, 23910.0, 23978.0, 23998.0, 23947.0, 24057.0, 23961.0, 23996.0, 23956.0, 23954.0, 24015.0, 23940.0, 23982.0, 23950.0, 24029.0, 23974.0, 24027.0, 23930.0, 23980.0, 23938.0, 23932.0, 24034.0, 23982.0, 24049.0, 24081.0, 24081.0, 23943.0, 23934.0, 24033.0, 24021.0, 23966.0, 24017.0, 23912.0, 23929.0, 23986.0, 23951.0, 23944.0, 23923.0, 23945.0, 24017.0, 23913.0, 23908.0, 23990.0, 23909.0, 23953.0, 23939.0, 23973.0, 24046.0, 24089.0, 23956.0, 23991.0, 24049.0, 23915.0, 23926.0, 23982.0, 23915.0, 23959.0, 23878.0, 23956.0, 23996.0, 23940.0, 23944.0, 23896.0, 23909.0, 23928.0, 24015.0, 23961.0, 23975.0, 24035.0, 23940.0, 24009.0, 24040.0, 23967.0, 24040.0, 23954.0, 23982.0, 23923.0, 23927.0, 24032.0, 23977.0, 24022.0, 23946.0, 23981.0, 23907.0, 23934.0, 23990.0, 23962.0, 23977.0, 24009.0, 24032.0, 23970.0, 24009.0, 24019.0, 23981.0, 24048.0, 23914.0, 24007.0, 23941.0, 24003.0, 23960.0, 24016.0, 24186.0, 23954.0, 23930.0, 24060.0, 23959.0, 23943.0, 23909.0, 23942.0, 23951.0, 23974.0, 23860.0, 23961.0, 23929.0, 23861.0, 23951.0, 23912.0, 23982.0, 23895.0, 23974.0, 23864.0, 23953.0, 23969.0, 23962.0, 24015.0, 23952.0, 24010.0, 23950.0, 23979.0, 23989.0, 23968.0, 23993.0, 23982.0, 24009.0, 23924.0, 24000.0, 23999.0, 23946.0, 23960.0, 23893.0, 23948.0, 24016.0, 23953.0, 24034.0, 23929.0, 24114.0, 24071.0, 23987.0, 23959.0, 24020.0, 23872.0, 23887.0, 23935.0, 23971.0, 23937.0, 23992.0, 23885.0, 23976.0, 23922.0, 23948.0, 23992.0, 23871.0, 23912.0, 24038.0, 23921.0, 24014.0, 23962.0, 23994.0, 24048.0, 23933.0, 24034.0, 23923.0, 23996.0, 24016.0, 23974.0, 24030.0, 23937.0, 23922.0, 23992.0, 23962.0, 24002.0, 23945.0, 23991.0, 23917.0, 23936.0, 23973.0, 23895.0, 23923.0, 23858.0, 23927.0, 23875.0, 23938.0]}, "slices": {}}}