{"AcquisitionMatrixPE": 96, "AcquisitionNumber": 1, "AcquisitionTime": "07:39:36.485000", "BandwidthPerPixelPhaseEncode": 33.602, "BaseResolution": 96, "BodyPartExamined": "BRAIN", "ConsistencyInfo": "N4_VD13A_LATEST_20120616", "ConversionSoftware": "dcm2niix", "ConversionSoftwareVersion": "v1.0.20210317", "DerivedVendorReportedEchoSpacing": 0.000620003, "DeviceSerialNumber": "45239", "DwellTime": 2.6e-06, "EchoTime": 0.03, "EchoTrainLength": 47, "EffectiveEchoSpacing": 0.000310001, "FlipAngle": 63, "ImageComments": "Unaliased MB4/PE3", "ImageOrientationPatientDICOM": [0.999381, -0.0269463, 0.0226384, 0.0344944, 0.877576, -0.478196], "ImageType": ["ORIGINAL", "PRIMARY", "M", "ND", "NORM", "MOSAIC"], "ImagingFrequency": 123.191, "InPlanePhaseEncodingDirectionDICOM": "COL", "InstitutionAddress": "E 24th St. 100,Austin,Southmiddle,US,78712", "InstitutionName": "Univ of Texas at Austin", "InstitutionalDepartmentName": "IRC", "MRAcquisitionType": "2D", "MagneticFieldStrength": 3, "Manufacturer": "Siemens", "ManufacturersModelName": "Skyra", "Modality": "MR", "MultibandAccelerationFactor": 4, "ParallelReductionFactorInPlane": 2, "PartialFourier": 1, "PatientPosition": "HFS", "PercentPhaseFOV": 100, "PercentSampling": 100, "PhaseEncodingDirection": "j-", "PhaseEncodingSteps": 95, "PhaseResolution": 1, "PixelBandwidth": 2005, "ProcedureStepDescription": "Poldrack2^self-scanning", "ProtocolName": "Resting State fMRI MBEPI_matrix96_BW2004", "PulseSequenceDetails": "%CustomerSeq%\\cmrr_mbep2d_bold", "ReceiveCoilActiveElements": "HEA;HEP", "ReceiveCoilName": "Head_32", "ReconMatrixPE": 96, "RefLinesPE": 48, "RepetitionTime": 1.16, "SAR": 0.146399, "ScanOptions": "FS", "ScanningSequence": "EP", "SequenceName": "epfid2d1_96", "SequenceVariant": "SK", "SeriesDescription": "Resting State fMRI MBEPI_matrix96_BW2004", "SeriesNumber": 6, "ShimSetting": [-2968, 8303, -15488, -802, 195, -662, 136, 204], "SliceThickness": 2, "SliceTiming": [0, 0.4975, 0.9975, 0.355, 0.855, 0.2125, 0.7125, 0.07, 0.57, 1.0675, 0.4275, 0.925, 0.285, 0.7825, 0.1425, 0.64, 0, 0.4975, 0.9975, 0.355, 0.855, 0.2125, 0.7125, 0.07, 0.57, 1.0675, 0.4275, 0.925, 0.285, 0.7825, 0.1425, 0.64, 0, 0.4975, 0.9975, 0.355, 0.855, 0.2125, 0.7125, 0.07, 0.57, 1.0675, 0.4275, 0.925, 0.285, 0.7825, 0.1425, 0.64, 0, 0.4975, 0.9975, 0.355, 0.855, 0.2125, 0.7125, 0.07, 0.57, 1.0675, 0.4275, 0.925, 0.285, 0.7825, 0.1425, 0.64], "SoftwareVersions": "syngo MR D13", "SpacingBetweenSlices": 2.4, "StationName": "AWP45239", "TaskName": "Resting fmri", "TotalReadoutTime": 0.0294501, "TxRefAmp": 362.286, "WipMemBlock": "7e0d4f8d-301b-4617-acb0-10fe83a7897f||Sequence: vd13a/R010 r/fd129fc; Dec 13 2013 16:14:27 by eja", "dcmmeta_affine": [[-2.3943490982055664, 0.0826428011059761, 0.016755005344748497, 111.97616577148438], [0.06455894559621811, 2.102524995803833, -1.1488324403762817, -87.51729583740234], [0.0542377308011055, 1.1456767320632935, 2.1071078777313232, -71.1672592163086], [0.0, 0.0, 0.0, 1.0]], "dcmmeta_reorient_transform": [[0.0, -1.0, 0.0, 95.0], [1.0, 0.0, 0.0, 0.0], [0.0, 0.0, 1.0, 0.0], [0.0, 0.0, 0.0, 1.0]], "dcmmeta_shape": [96, 96, 64, 518], "dcmmeta_slice_dim": 2, "dcmmeta_version": 0.6, "global": {"const": {"AcquisitionMatrix": [96, 0, 0, 96], "AngioFlag": "N", "BitsAllocated": 16, "BitsStored": 16, "BodyPartExamined": "BRAIN", "Columns": 768, "DeidentificationMethodCodeSequence": [{"CodeMeaning": "XNAT Edit Script", "CodeValue": "93", "CodingSchemeDesignator": "XNAT", "CodingSchemeVersion": "0.1"}], "EchoNumbers": 1, "EchoTime": 30.0, "EchoTrainLength": 47, "FlipAngle": 63.0, "HighBit": 15, "ImageOrientationPatient": [0.9993805077535, -0.0269463438579, 0.02263835848855, 0.03449438848733, 0.87757572876607, -0.478195543103], "ImagePositionPatient": [-952.09649531658, -796.97921949055, 404.39555778821], "ImageType": ["ORIGINAL", "PRIMARY", "M", "ND", "NORM", "MOSAIC"], "ImagedNucleus": "1H", "ImagingFrequency": 123.19133, "InPlanePhaseEncodingDirection": "COL", "MRAcquisitionType": "2D", "MagneticFieldStrength": 3.0, "Manufacturer": "SIEMENS", "ManufacturerModelName": "Skyra", "Modality": "MR", "NumberOfAverages": 1.0, "NumberOfPhaseEncodingSteps": 95, "PercentPhaseFieldOfView": 100.0, "PercentSampling": 100.0, "PerformedProcedureStepStartTime": "071802.614000", "PhotometricInterpretation": "MONOCHROME2", "PixelBandwidth": 2005.0, "PixelRepresentation": 0, "PixelSpacing": [2.3958332538605, 2.3958332538605], "ProtocolName": "Resting State fMRI MBEPI_matrix96_BW2004", "RepetitionTime": 1160.0, "Rows": 768, "SAR": 0.14639900337818, "SamplesPerPixel": 1, "ScanOptions": "FS", "ScanningSequence": "EP", "SequenceName": "epfid2d1_96", "SequenceVariant": "SK", "SeriesDescription": "Resting State fMRI MBEPI_matrix96_BW2004", "SeriesNumber": 6, "SeriesTime": "074028.282000", "SliceLocation": -19.807586163786, "SliceThickness": 2.0, "SmallestImagePixelValue": 0, "SoftwareVersions": "syngo MR D13", "SpacingBetweenSlices": 2.4000000246098, "SpecificCharacterSet": "ISO_IR 100", "StudyID": "1", "StudyTime": "071802.442000", "TransmitCoilName": "Body", "VariableFlipAngleFlag": "N", "WindowCenterWidthExplanation": "Algo1", "dBdt": 0.0}, "slices": {}}, "time": {"samples": {"AcquisitionNumber": [1, 2, 3, 4, 5, 6, 7, 8, 9, 10, 11, 12, 13, 14, 15, 16, 17, 18, 19, 20, 21, 22, 23, 24, 25, 26, 27, 28, 29, 30, 31, 32, 33, 34, 35, 36, 37, 38, 39, 40, 41, 42, 43, 44, 45, 46, 47, 48, 49, 50, 51, 52, 53, 54, 55, 56, 57, 58, 59, 60, 61, 62, 63, 64, 65, 66, 67, 68, 69, 70, 71, 72, 73, 74, 75, 76, 77, 78, 79, 80, 81, 82, 83, 84, 85, 86, 87, 88, 89, 90, 91, 92, 93, 94, 95, 96, 97, 98, 99, 100, 101, 102, 103, 104, 105, 106, 107, 108, 109, 110, 111, 112, 113, 114, 115, 116, 117, 118, 119, 120, 121, 122, 123, 124, 125, 126, 127, 128, 129, 130, 131, 132, 133, 134, 135, 136, 137, 138, 139, 140, 141, 142, 143, 144, 145, 146, 147, 148, 149, 150, 151, 152, 153, 154, 155, 156, 157, 158, 159, 160, 161, 162, 163, 164, 165, 166, 167, 168, 169, 170, 171, 172, 173, 174, 175, 176, 177, 178, 179, 180, 181, 182, 183, 184, 185, 186, 187, 188, 189, 190, 191, 192, 193, 194, 195, 196, 197, 198, 199, 200, 201, 202, 203, 204, 205, 206, 207, 208, 209, 210, 211, 212, 213, 214, 215, 216, 217, 218, 219, 220, 221, 222, 223, 224, 225, 226, 227, 228, 229, 230, 231, 232, 233, 234, 235, 236, 237, 238, 239, 240, 241, 242, 243, 244, 245, 246, 247, 248, 249, 250, 251, 252, 253, 254, 255, 256, 257, 258, 259, 260, 261, 262, 263, 264, 265, 266, 267, 268, 269, 270, 271, 272, 273, 274, 275, 276, 277, 278, 279, 280, 281, 282, 283, 284, 285, 286, 287, 288, 289, 290, 291, 292, 293, 294, 295, 296, 297, 298, 299, 300, 301, 302, 303, 304, 305, 306, 307, 308, 309, 310, 311, 312, 313, 314, 315, 316, 317, 318, 319, 320, 321, 322, 323, 324, 325, 326, 327, 328, 329, 330, 331, 332, 333, 334, 335, 336, 337, 338, 339, 340, 341, 342, 343, 344, 345, 346, 347, 348, 349, 350, 351, 352, 353, 354, 355, 356, 357, 358, 359, 360, 361, 362, 363, 364, 365, 366, 367, 368, 369, 370, 371, 372, 373, 374, 375, 376, 377, 378, 379, 380, 381, 382, 383, 384, 385, 386, 387, 388, 389, 390, 391, 392, 393, 394, 395, 396, 397, 398, 399, 400, 401, 402, 403, 404, 405, 406, 407, 408, 409, 410, 411, 412, 413, 414, 415, 416, 417, 418, 419, 420, 421, 422, 423, 424, 425, 426, 427, 428, 429, 430, 431, 432, 433, 434, 435, 436, 437, 438, 439, 440, 441, 442, 443, 444, 445, 446, 447, 448, 449, 450, 451, 452, 453, 454, 455, 456, 457, 458, 459, 460, 461, 462, 463, 464, 465, 466, 467, 468, 469, 470, 471, 472, 473, 474, 475, 476, 477, 478, 479, 480, 481, 482, 483, 484, 485, 486, 487, 488, 489, 490, 491, 492, 493, 494, 495, 496, 497, 498, 499, 500, 501, 502, 503, 504, 505, 506, 507, 508, 509, 510, 511, 512, 513, 514, 515, 516, 517, 518], "AcquisitionTime": ["073936.485000", "073943.425000", "073944.585000", "073945.745000", "073946.905000", "073948.065000", "073949.225000", "073950.385000", "073951.545000", "073952.705000", "073953.865000", "073955.025000", "073956.185000", "073957.345000", "073958.505000", "073959.665000", "074000.825000", "074001.985000", "074003.145000", "074004.305000", "074005.465000", "074006.625000", "074007.785000", "074008.945000", "074010.105000", "074011.265000", "074012.425000", "074013.585000", "074014.745000", "074015.905000", "074017.065000", "074018.225000", "074019.385000", "074020.545000", "074021.705000", "074022.865000", "074024.025000", "074025.185000", "074026.345000", "074027.505000", "074028.665000", "074029.825000", "074030.985000", "074032.145000", "074033.305000", "074034.465000", "074035.625000", "074036.785000", "074037.945000", "074039.105000", "074040.265000", "074041.425000", "074042.585000", "074043.745000", "074044.905000", "074046.065000", "074047.225000", "074048.385000", "074049.545000", "074050.705000", "074051.865000", "074053.025000", "074054.185000", "074055.345000", "074056.505000", "074057.665000", "074058.825000", "074059.985000", "074101.145000", "074102.305000", "074103.465000", "074104.625000", "074105.785000", "074106.945000", "074108.105000", "074109.265000", "074110.425000", "074111.585000", "074112.745000", "074113.905000", "074115.065000", "074116.225000", "074117.385000", "074118.545000", "074119.705000", "074120.865000", "074122.025000", "074123.185000", "074124.345000", "074125.505000", "074126.665000", "074127.825000", "074128.985000", "074130.145000", "074131.305000", "074132.465000", "074133.625000", "074134.785000", "074135.945000", "074137.105000", "074138.265000", "074139.425000", "074140.585000", "074141.745000", "074142.905000", "074144.065000", "074145.225000", "074146.385000", "074147.545000", "074148.705000", "074149.865000", "074151.025000", "074152.185000", "074153.345000", "074154.505000", "074155.665000", "074156.825000", "074157.985000", "074159.145000", "074200.305000", "074201.465000", "074202.625000", "074203.785000", "074204.945000", "074206.105000", "074207.265000", "074208.425000", "074209.585000", "074210.745000", "074211.905000", "074213.065000", "074214.225000", "074215.385000", "074216.545000", "074217.705000", "074218.865000", "074220.025000", "074221.185000", "074222.345000", "074223.505000", "074224.665000", "074225.825000", "074226.985000", "074228.145000", "074229.305000", "074230.465000", "074231.625000", "074232.785000", "074233.945000", "074235.105000", "074236.265000", "074237.425000", "074238.585000", "074239.745000", "074240.905000", "074242.065000", "074243.225000", "074244.385000", "074245.545000", "074246.705000", "074247.865000", "074249.025000", "074250.185000", "074251.345000", "074252.505000", "074253.667500", "074254.827500", "074255.987500", "074257.147500", "074258.307500", "074259.467500", "074300.627500", "074301.787500", "074302.947500", "074304.107500", "074305.267500", "074306.427500", "074307.587500", "074308.747500", "074309.907500", "074311.067500", "074312.227500", "074313.387500", "074314.547500", "074315.707500", "074316.867500", "074318.027500", "074319.187500", "074320.347500", "074321.507500", "074322.667500", "074323.827500", "074324.987500", "074326.147500", "074327.307500", "074328.467500", "074329.627500", "074330.787500", "074331.947500", "074333.107500", "074334.267500", "074335.427500", "074336.587500", "074337.747500", "074338.907500", "074340.067500", "074341.227500", "074342.387500", "074343.547500", "074344.707500", "074345.867500", "074347.027500", "074348.187500", "074349.347500", "074350.507500", "074351.667500", "074352.827500", "074353.987500", "074355.147500", "074356.307500", "074357.467500", "074358.627500", "074359.787500", "074400.947500", "074402.107500", "074403.267500", "074404.427500", "074405.587500", "074406.747500", "074407.907500", "074409.067500", "074410.227500", "074411.387500", "074412.547500", "074413.707500", "074414.867500", "074416.027500", "074417.187500", "074418.347500", "074419.507500", "074420.667500", "074421.827500", "074422.987500", "074424.147500", "074425.307500", "074426.467500", "074427.627500", "074428.787500", "074429.947500", "074431.107500", "074432.267500", "074433.427500", "074434.587500", "074435.747500", "074436.907500", "074438.067500", "074439.227500", "074440.387500", "074441.547500", "074442.707500", "074443.867500", "074445.027500", "074446.187500", "074447.347500", "074448.507500", "074449.667500", "074450.827500", "074451.987500", "074453.147500", "074454.307500", "074455.467500", "074456.627500", "074457.787500", "074458.947500", "074500.107500", "074501.267500", "074502.427500", "074503.587500", "074504.747500", "074505.907500", "074507.067500", "074508.227500", "074509.387500", "074510.547500", "074511.707500", "074512.867500", "074514.027500", "074515.187500", "074516.347500", "074517.507500", "074518.667500", "074519.827500", "074520.987500", "074522.147500", "074523.307500", "074524.467500", "074525.627500", "074526.787500", "074527.947500", "074529.107500", "074530.267500", "074531.427500", "074532.587500", "074533.747500", "074534.907500", "074536.067500", "074537.227500", "074538.387500", "074539.547500", "074540.707500", "074541.867500", "074543.027500", "074544.187500", "074545.347500", "074546.507500", "074547.667500", "074548.827500", "074549.987500", "074551.147500", "074552.307500", "074553.467500", "074554.627500", "074555.787500", "074556.947500", "074558.107500", "074559.267500", "074600.427500", "074601.587500", "074602.747500", "074603.907500", "074605.067500", "074606.227500", "074607.387500", "074608.547500", "074609.707500", "074610.867500", "074612.027500", "074613.187500", "074614.347500", "074615.507500", "074616.667500", "074617.827500", "074618.987500", "074620.147500", "074621.307500", "074622.467500", "074623.627500", "074624.787500", "074625.947500", "074627.107500", "074628.267500", "074629.427500", "074630.587500", "074631.747500", "074632.907500", "074634.067500", "074635.227500", "074636.387500", "074637.547500", "074638.707500", "074639.867500", "074641.027500", "074642.187500", "074643.347500", "074644.507500", "074645.667500", "074646.827500", "074647.987500", "074649.147500", "074650.307500", "074651.467500", "074652.627500", "074653.787500", "074654.947500", "074656.107500", "074657.267500", "074658.427500", "074659.587500", "074700.747500", "074701.907500", "074703.067500", "074704.227500", "074705.387500", "074706.547500", "074707.707500", "074708.867500", "074710.027500", "074711.187500", "074712.347500", "074713.507500", "074714.667500", "074715.827500", "074716.987500", "074718.147500", "074719.307500", "074720.467500", "074721.627500", "074722.787500", "074723.947500", "074725.107500", "074726.267500", "074727.427500", "074728.587500", "074729.747500", "074730.907500", "074732.067500", "074733.227500", "074734.387500", "074735.547500", "074736.707500", "074737.867500", "074739.027500", "074740.187500", "074741.347500", "074742.507500", "074743.670000", "074744.830000", "074745.990000", "074747.150000", "074748.310000", "074749.470000", "074750.630000", "074751.790000", "074752.950000", "074754.110000", "074755.270000", "074756.430000", "074757.590000", "074758.750000", "074759.910000", "074801.070000", "074802.230000", "074803.390000", "074804.550000", "074805.710000", "074806.870000", "074808.030000", "074809.190000", "074810.350000", "074811.510000", "074812.670000", "074813.830000", "074814.990000", "074816.150000", "074817.310000", "074818.470000", "074819.630000", "074820.790000", "074821.950000", "074823.110000", "074824.270000", "074825.430000", "074826.590000", "074827.750000", "074828.910000", "074830.070000", "074831.230000", "074832.390000", "074833.550000", "074834.710000", "074835.870000", "074837.030000", "074838.190000", "074839.350000", "074840.510000", "074841.670000", "074842.830000", "074843.990000", "074845.150000", "074846.310000", "074847.470000", "074848.630000", "074849.790000", "074850.950000", "074852.110000", "074853.270000", "074854.430000", "074855.590000", "074856.750000", "074857.910000", "074859.070000", "074900.230000", "074901.390000", "074902.550000", "074903.710000", "074904.870000", "074906.030000", "074907.190000", "074908.350000", "074909.510000", "074910.670000", "074911.830000", "074912.990000", "074914.150000", "074915.310000", "074916.470000", "074917.630000", "074918.790000", "074919.950000", "074921.110000", "074922.270000", "074923.430000", "074924.590000", "074925.750000", "074926.910000", "074928.070000", "074929.230000", "074930.390000", "074931.550000", "074932.710000", "074933.870000", "074935.030000", "074936.190000", "074937.350000", "074938.510000", "074939.670000", "074940.830000", "074941.990000"], "ContentTime": ["074028.287000", "074028.292000", "074028.296000", "074028.300000", "074028.304000", "074028.308000", "074028.313000", "074028.319000", "074028.323000", "074028.328000", "074028.332000", "074028.337000", "074028.341000", "074028.345000", "074028.350000", "074028.354000", "074028.359000", "074028.363000", "074028.368000", "074028.372000", "074028.376000", "074028.380000", "074028.385000", "074028.389000", "074028.394000", "074028.398000", "074028.402000", "074028.406000", "074028.410000", "074028.414000", "074028.418000", "074028.422000", "074028.426000", "074028.430000", "074028.436000", "074028.440000", "074048.204000", "074048.212000", "074048.216000", "074048.220000", "074048.224000", "074048.229000", "074048.233000", "074048.237000", "074048.241000", "074048.246000", "074048.250000", "074048.255000", "074048.260000", "074048.264000", "074048.269000", "074048.273000", "074048.277000", "074048.282000", "074048.286000", "074048.290000", "074128.206000", "074128.211000", "074128.215000", "074128.219000", "074128.223000", "074128.228000", "074128.232000", "074128.237000", "074128.246000", "074128.251000", "074128.255000", "074128.259000", "074128.263000", "074128.268000", "074128.272000", "074128.275000", "074128.279000", "074128.292000", "074128.296000", "074128.300000", "074128.304000", "074128.309000", "074128.313000", "074128.317000", "074128.321000", "074128.326000", "074128.330000", "074128.334000", "074128.338000", "074128.343000", "074128.348000", "074128.352000", "074128.356000", "074128.360000", "074208.205000", "074208.209000", "074208.213000", "074208.217000", "074208.221000", "074208.225000", "074208.230000", "074208.234000", "074208.243000", "074208.247000", "074208.251000", "074208.255000", "074208.259000", "074208.263000", "074208.267000", "074208.271000", "074208.275000", "074208.280000", "074208.283000", "074208.288000", "074208.292000", "074208.296000", "074208.300000", "074208.304000", "074208.308000", "074208.313000", "074208.317000", "074208.321000", "074208.325000", "074208.329000", "074208.333000", "074208.337000", "074208.341000", "074208.346000", "074208.349000", "074248.204000", "074248.210000", "074248.214000", "074248.219000", "074248.223000", "074248.227000", "074248.231000", "074248.235000", "074248.239000", "074248.244000", "074248.248000", "074248.252000", "074248.256000", "074248.260000", "074248.265000", "074248.269000", "074248.273000", "074248.277000", "074248.281000", "074248.286000", "074248.290000", "074248.294000", "074248.298000", "074248.303000", "074248.307000", "074248.311000", "074248.315000", "074248.319000", "074248.323000", "074248.328000", "074248.332000", "074248.336000", "074248.341000", "074248.344000", "074328.206000", "074328.211000", "074328.216000", "074328.220000", "074328.224000", "074328.228000", "074328.232000", "074328.236000", "074328.240000", "074328.245000", "074328.249000", "074328.253000", "074328.257000", "074328.262000", "074328.267000", "074328.271000", "074328.275000", "074328.280000", "074328.285000", "074328.289000", "074328.293000", "074328.297000", "074328.301000", "074328.305000", "074328.309000", "074328.313000", "074328.317000", "074328.321000", "074328.325000", "074328.329000", "074328.333000", "074328.337000", "074328.342000", "074328.346000", "074328.350000", "074408.203000", "074408.208000", "074408.212000", "074408.216000", "074408.221000", "074408.225000", "074408.229000", "074408.233000", "074408.237000", "074408.241000", "074408.245000", "074408.250000", "074408.254000", "074408.258000", "074408.262000", "074408.267000", "074408.271000", "074408.275000", "074408.279000", "074408.284000", "074408.288000", "074408.292000", "074408.296000", "074408.301000", "074408.305000", "074408.309000", "074408.313000", "074408.318000", "074408.322000", "074408.327000", "074408.331000", "074408.336000", "074408.341000", "074408.345000", "074448.204000", "074448.209000", "074448.213000", "074448.223000", "074448.227000", "074448.231000", "074448.235000", "074448.240000", "074448.244000", "074448.249000", "074448.253000", "074448.257000", "074448.261000", "074448.266000", "074448.270000", "074448.274000", "074448.278000", "074448.282000", "074448.287000", "074448.291000", "074448.295000", "074448.300000", "074448.304000", "074448.308000", "074448.312000", "074448.316000", "074448.320000", "074448.324000", "074448.328000", "074448.332000", "074448.336000", "074448.341000", "074448.345000", "074448.349000", "074448.353000", "074528.205000", "074528.210000", "074528.215000", "074528.224000", "074528.228000", "074528.233000", "074528.237000", "074528.241000", "074528.246000", "074528.250000", "074528.254000", "074528.259000", "074528.264000", "074528.268000", "074528.272000", "074528.276000", "074528.280000", "074528.285000", "074528.289000", "074528.293000", "074528.297000", "074528.301000", "074528.306000", "074528.310000", "074528.315000", "074528.319000", "074528.323000", "074528.327000", "074528.332000", "074528.336000", "074528.340000", "074528.344000", "074528.349000", "074528.353000", "074608.205000", "074608.210000", "074608.214000", "074608.218000", "074608.223000", "074608.227000", "074608.231000", "074608.235000", "074608.239000", "074608.243000", "074608.247000", "074608.251000", "074608.256000", "074608.260000", "074608.264000", "074608.268000", "074608.273000", "074608.277000", "074608.281000", "074608.285000", "074608.290000", "074608.294000", "074608.298000", "074608.302000", "074608.307000", "074608.311000", "074608.315000", "074608.320000", "074608.324000", "074608.328000", "074608.332000", "074608.336000", "074608.341000", "074608.345000", "074608.349000", "074648.205000", "074648.210000", "074648.214000", "074648.218000", "074648.222000", "074648.227000", "074648.231000", "074648.235000", "074648.239000", "074648.244000", "074648.248000", "074648.252000", "074648.256000", "074648.261000", "074648.265000", "074648.269000", "074648.274000", "074648.278000", "074648.282000", "074648.286000", "074648.291000", "074648.295000", "074648.299000", "074648.304000", "074648.308000", "074648.312000", "074648.317000", "074648.321000", "074648.326000", "074648.330000", "074648.335000", "074648.339000", "074648.343000", "074648.348000", "074708.202000", "074708.207000", "074708.211000", "074708.215000", "074708.219000", "074708.223000", "074708.228000", "074708.232000", "074708.235000", "074708.239000", "074708.243000", "074708.248000", "074708.253000", "074708.257000", "074708.265000", "074708.269000", "074708.279000", "074748.205000", "074748.210000", "074748.214000", "074748.219000", "074748.223000", "074748.227000", "074748.231000", "074748.235000", "074748.239000", "074748.243000", "074748.248000", "074748.252000", "074748.256000", "074748.260000", "074748.265000", "074748.270000", "074748.274000", "074748.278000", "074748.282000", "074748.287000", "074748.291000", "074748.295000", "074748.299000", "074748.303000", "074748.307000", "074748.311000", "074748.315000", "074748.320000", "074748.324000", "074748.329000", "074748.333000", "074748.337000", "074748.341000", "074748.345000", "074748.349000", "074828.205000", "074828.210000", "074828.214000", "074828.218000", "074828.223000", "074828.227000", "074828.231000", "074828.235000", "074828.240000", "074828.244000", "074828.248000", "074828.252000", "074828.257000", "074828.261000", "074828.265000", "074828.269000", "074828.274000", "074828.279000", "074828.283000", "074828.287000", "074828.291000", "074828.295000", "074828.299000", "074828.304000", "074828.308000", "074828.313000", "074828.317000", "074828.321000", "074828.325000", "074828.338000", "074828.342000", "074828.347000", "074828.351000", "074828.356000", "074908.204000", "074908.209000", "074908.213000", "074908.217000", "074908.227000", "074908.231000", "074908.235000", "074908.239000", "074908.244000", "074908.248000", "074908.252000", "074908.256000", "074908.260000", "074908.265000", "074908.269000", "074908.273000", "074908.277000", "074908.282000", "074908.286000", "074908.290000", "074908.295000", "074908.299000", "074908.303000", "074908.307000", "074908.311000", "074908.315000", "074908.319000", "074908.323000", "074908.328000", "074908.332000", "074908.336000", "074908.340000", "074908.344000", "074908.348000", "074908.353000", "074943.678000", "074943.683000", "074943.687000", "074943.691000", "074943.695000", "074943.699000", "074943.703000", "074943.708000", "074943.712000", "074943.716000", "074943.721000", "074943.725000", "074943.729000", "074943.733000", "074943.737000", "074943.741000", "074943.745000", "074943.749000", "074943.753000", "074943.757000", "074943.760000", "074943.764000", "074943.768000", "074943.773000", "074943.777000", "074943.781000", "074943.785000", "074943.790000", "074943.794000", "074943.798000", "074943.802000"], "InstanceCreationTime": ["074028.287000", "074028.292000", "074028.296000", "074028.300000", "074028.304000", "074028.308000", "074028.313000", "074028.319000", "074028.323000", "074028.328000", "074028.332000", "074028.337000", "074028.341000", "074028.345000", "074028.350000", "074028.354000", "074028.359000", "074028.363000", "074028.368000", "074028.372000", "074028.376000", "074028.380000", "074028.385000", "074028.389000", "074028.394000", "074028.398000", "074028.402000", "074028.406000", "074028.410000", "074028.414000", "074028.418000", "074028.422000", "074028.426000", "074028.430000", "074028.436000", "074028.440000", "074048.204000", "074048.212000", "074048.216000", "074048.220000", "074048.224000", "074048.229000", "074048.233000", "074048.237000", "074048.241000", "074048.246000", "074048.250000", "074048.255000", "074048.260000", "074048.264000", "074048.269000", "074048.273000", "074048.277000", "074048.282000", "074048.286000", "074048.290000", "074128.206000", "074128.211000", "074128.215000", "074128.219000", "074128.223000", "074128.228000", "074128.232000", "074128.237000", "074128.246000", "074128.251000", "074128.255000", "074128.259000", "074128.263000", "074128.268000", "074128.272000", "074128.275000", "074128.279000", "074128.292000", "074128.296000", "074128.300000", "074128.304000", "074128.309000", "074128.313000", "074128.317000", "074128.321000", "074128.326000", "074128.330000", "074128.334000", "074128.338000", "074128.343000", "074128.348000", "074128.352000", "074128.356000", "074128.360000", "074208.205000", "074208.209000", "074208.213000", "074208.217000", "074208.221000", "074208.225000", "074208.230000", "074208.234000", "074208.243000", "074208.247000", "074208.251000", "074208.255000", "074208.259000", "074208.263000", "074208.267000", "074208.271000", "074208.275000", "074208.280000", "074208.283000", "074208.288000", "074208.292000", "074208.296000", "074208.300000", "074208.304000", "074208.308000", "074208.313000", "074208.317000", "074208.321000", "074208.325000", "074208.329000", "074208.333000", "074208.337000", "074208.341000", "074208.346000", "074208.349000", "074248.204000", "074248.210000", "074248.214000", "074248.219000", "074248.223000", "074248.227000", "074248.231000", "074248.235000", "074248.239000", "074248.244000", "074248.248000", "074248.252000", "074248.256000", "074248.260000", "074248.265000", "074248.269000", "074248.273000", "074248.277000", "074248.281000", "074248.286000", "074248.290000", "074248.294000", "074248.298000", "074248.303000", "074248.307000", "074248.311000", "074248.315000", "074248.319000", "074248.323000", "074248.328000", "074248.332000", "074248.336000", "074248.341000", "074248.344000", "074328.206000", "074328.211000", "074328.216000", "074328.220000", "074328.224000", "074328.228000", "074328.232000", "074328.236000", "074328.240000", "074328.245000", "074328.249000", "074328.253000", "074328.257000", "074328.262000", "074328.267000", "074328.271000", "074328.275000", "074328.280000", "074328.285000", "074328.289000", "074328.293000", "074328.297000", "074328.301000", "074328.305000", "074328.309000", "074328.313000", "074328.317000", "074328.321000", "074328.325000", "074328.329000", "074328.333000", "074328.337000", "074328.342000", "074328.346000", "074328.350000", "074408.203000", "074408.208000", "074408.212000", "074408.216000", "074408.221000", "074408.225000", "074408.229000", "074408.233000", "074408.237000", "074408.241000", "074408.245000", "074408.250000", "074408.254000", "074408.258000", "074408.262000", "074408.267000", "074408.271000", "074408.275000", "074408.279000", "074408.284000", "074408.288000", "074408.292000", "074408.296000", "074408.301000", "074408.305000", "074408.309000", "074408.313000", "074408.318000", "074408.322000", "074408.327000", "074408.331000", "074408.336000", "074408.341000", "074408.345000", "074448.204000", "074448.209000", "074448.213000", "074448.223000", "074448.227000", "074448.231000", "074448.235000", "074448.240000", "074448.244000", "074448.249000", "074448.253000", "074448.257000", "074448.261000", "074448.266000", "074448.270000", "074448.274000", "074448.278000", "074448.282000", "074448.287000", "074448.291000", "074448.295000", "074448.300000", "074448.304000", "074448.308000", "074448.312000", "074448.316000", "074448.320000", "074448.324000", "074448.328000", "074448.332000", "074448.336000", "074448.341000", "074448.345000", "074448.349000", "074448.353000", "074528.205000", "074528.210000", "074528.215000", "074528.224000", "074528.228000", "074528.233000", "074528.237000", "074528.241000", "074528.246000", "074528.250000", "074528.254000", "074528.259000", "074528.264000", "074528.268000", "074528.272000", "074528.276000", "074528.280000", "074528.285000", "074528.289000", "074528.293000", "074528.297000", "074528.301000", "074528.306000", "074528.310000", "074528.315000", "074528.319000", "074528.323000", "074528.327000", "074528.332000", "074528.336000", "074528.340000", "074528.344000", "074528.349000", "074528.353000", "074608.205000", "074608.210000", "074608.214000", "074608.218000", "074608.223000", "074608.227000", "074608.231000", "074608.235000", "074608.239000", "074608.243000", "074608.247000", "074608.251000", "074608.256000", "074608.260000", "074608.264000", "074608.268000", "074608.273000", "074608.277000", "074608.281000", "074608.285000", "074608.290000", "074608.294000", "074608.298000", "074608.302000", "074608.307000", "074608.311000", "074608.315000", "074608.320000", "074608.324000", "074608.328000", "074608.332000", "074608.336000", "074608.341000", "074608.345000", "074608.349000", "074648.205000", "074648.210000", "074648.214000", "074648.218000", "074648.222000", "074648.227000", "074648.231000", "074648.235000", "074648.239000", "074648.244000", "074648.248000", "074648.252000", "074648.256000", "074648.261000", "074648.265000", "074648.269000", "074648.274000", "074648.278000", "074648.282000", "074648.286000", "074648.291000", "074648.295000", "074648.299000", "074648.304000", "074648.308000", "074648.312000", "074648.317000", "074648.321000", "074648.326000", "074648.330000", "074648.335000", "074648.339000", "074648.343000", "074648.348000", "074708.202000", "074708.207000", "074708.211000", "074708.215000", "074708.219000", "074708.223000", "074708.228000", "074708.232000", "074708.235000", "074708.239000", "074708.243000", "074708.248000", "074708.253000", "074708.257000", "074708.265000", "074708.269000", "074708.279000", "074748.205000", "074748.210000", "074748.214000", "074748.219000", "074748.223000", "074748.227000", "074748.231000", "074748.235000", "074748.239000", "074748.243000", "074748.248000", "074748.252000", "074748.256000", "074748.260000", "074748.265000", "074748.270000", "074748.274000", "074748.278000", "074748.282000", "074748.287000", "074748.291000", "074748.295000", "074748.299000", "074748.303000", "074748.307000", "074748.311000", "074748.315000", "074748.320000", "074748.324000", "074748.329000", "074748.333000", "074748.337000", "074748.341000", "074748.345000", "074748.349000", "074828.205000", "074828.210000", "074828.214000", "074828.218000", "074828.223000", "074828.227000", "074828.231000", "074828.235000", "074828.240000", "074828.244000", "074828.248000", "074828.252000", "074828.257000", "074828.261000", "074828.265000", "074828.269000", "074828.274000", "074828.279000", "074828.283000", "074828.287000", "074828.291000", "074828.295000", "074828.299000", "074828.304000", "074828.308000", "074828.313000", "074828.317000", "074828.321000", "074828.325000", "074828.338000", "074828.342000", "074828.347000", "074828.351000", "074828.356000", "074908.204000", "074908.209000", "074908.213000", "074908.217000", "074908.227000", "074908.231000", "074908.235000", "074908.239000", "074908.244000", "074908.248000", "074908.252000", "074908.256000", "074908.260000", "074908.265000", "074908.269000", "074908.273000", "074908.277000", "074908.282000", "074908.286000", "074908.290000", "074908.295000", "074908.299000", "074908.303000", "074908.307000", "074908.311000", "074908.315000", "074908.319000", "074908.323000", "074908.328000", "074908.332000", "074908.336000", "074908.340000", "074908.344000", "074908.348000", "074908.353000", "074943.678000", "074943.683000", "074943.687000", "074943.691000", "074943.695000", "074943.699000", "074943.703000", "074943.708000", "074943.712000", "074943.716000", "074943.721000", "074943.725000", "074943.729000", "074943.733000", "074943.737000", "074943.741000", "074943.745000", "074943.749000", "074943.753000", "074943.757000", "074943.760000", "074943.764000", "074943.768000", "074943.773000", "074943.777000", "074943.781000", "074943.785000", "074943.790000", "074943.794000", "074943.798000", "074943.802000"], "InstanceNumber": [1, 2, 3, 4, 5, 6, 7, 8, 9, 10, 11, 12, 13, 14, 15, 16, 17, 18, 19, 20, 21, 22, 23, 24, 25, 26, 27, 28, 29, 30, 31, 32, 33, 34, 35, 36, 37, 38, 39, 40, 41, 42, 43, 44, 45, 46, 47, 48, 49, 50, 51, 52, 53, 54, 55, 56, 57, 58, 59, 60, 61, 62, 63, 64, 65, 66, 67, 68, 69, 70, 71, 72, 73, 74, 75, 76, 77, 78, 79, 80, 81, 82, 83, 84, 85, 86, 87, 88, 89, 90, 91, 92, 93, 94, 95, 96, 97, 98, 99, 100, 101, 102, 103, 104, 105, 106, 107, 108, 109, 110, 111, 112, 113, 114, 115, 116, 117, 118, 119, 120, 121, 122, 123, 124, 125, 126, 127, 128, 129, 130, 131, 132, 133, 134, 135, 136, 137, 138, 139, 140, 141, 142, 143, 144, 145, 146, 147, 148, 149, 150, 151, 152, 153, 154, 155, 156, 157, 158, 159, 160, 161, 162, 163, 164, 165, 166, 167, 168, 169, 170, 171, 172, 173, 174, 175, 176, 177, 178, 179, 180, 181, 182, 183, 184, 185, 186, 187, 188, 189, 190, 191, 192, 193, 194, 195, 196, 197, 198, 199, 200, 201, 202, 203, 204, 205, 206, 207, 208, 209, 210, 211, 212, 213, 214, 215, 216, 217, 218, 219, 220, 221, 222, 223, 224, 225, 226, 227, 228, 229, 230, 231, 232, 233, 234, 235, 236, 237, 238, 239, 240, 241, 242, 243, 244, 245, 246, 247, 248, 249, 250, 251, 252, 253, 254, 255, 256, 257, 258, 259, 260, 261, 262, 263, 264, 265, 266, 267, 268, 269, 270, 271, 272, 273, 274, 275, 276, 277, 278, 279, 280, 281, 282, 283, 284, 285, 286, 287, 288, 289, 290, 291, 292, 293, 294, 295, 296, 297, 298, 299, 300, 301, 302, 303, 304, 305, 306, 307, 308, 309, 310, 311, 312, 313, 314, 315, 316, 317, 318, 319, 320, 321, 322, 323, 324, 325, 326, 327, 328, 329, 330, 331, 332, 333, 334, 335, 336, 337, 338, 339, 340, 341, 342, 343, 344, 345, 346, 347, 348, 349, 350, 351, 352, 353, 354, 355, 356, 357, 358, 359, 360, 361, 362, 363, 364, 365, 366, 367, 368, 369, 370, 371, 372, 373, 374, 375, 376, 377, 378, 379, 380, 381, 382, 383, 384, 385, 386, 387, 388, 389, 390, 391, 392, 393, 394, 395, 396, 397, 398, 399, 400, 401, 402, 403, 404, 405, 406, 407, 408, 409, 410, 411, 412, 413, 414, 415, 416, 417, 418, 419, 420, 421, 422, 423, 424, 425, 426, 427, 428, 429, 430, 431, 432, 433, 434, 435, 436, 437, 438, 439, 440, 441, 442, 443, 444, 445, 446, 447, 448, 449, 450, 451, 452, 453, 454, 455, 456, 457, 458, 459, 460, 461, 462, 463, 464, 465, 466, 467, 468, 469, 470, 471, 472, 473, 474, 475, 476, 477, 478, 479, 480, 481, 482, 483, 484, 485, 486, 487, 488, 489, 490, 491, 492, 493, 494, 495, 496, 497, 498, 499, 500, 501, 502, 503, 504, 505, 506, 507, 508, 509, 510, 511, 512, 513, 514, 515, 516, 517, 518], "LargestImagePixelValue": [38796, 41693, 32734, 39741, 32465, 39956, 46091, 38869, 41325, 34769, 43856, 34268, 49421, 34972, 39610, 45570, 37789, 43305, 33416, 42014, 53688, 32501, 42190, 47748, 36994, 40521, 33440, 39604, 44163, 32192, 42754, 39866, 38888, 41806, 31000, 43006, 34505, 45058, 40950, 41557, 52978, 33417, 41419, 49674, 37280, 44899, 36596, 43665, 34945, 37999, 45170, 34646, 39205, 30736, 42750, 31379, 38270, 33961, 39538, 45542, 33272, 46527, 33029, 38633, 31970, 47357, 38425, 53257, 32396, 39432, 52014, 33277, 37831, 32949, 40318, 48125, 35855, 40705, 31613, 39261, 36727, 38134, 51161, 34166, 36254, 48812, 32105, 38932, 35359, 39372, 36593, 33771, 37544, 43504, 34431, 40855, 33190, 39332, 47069, 31385, 42478, 32361, 43768, 40339, 41214, 53899, 33452, 39640, 47541, 35216, 39278, 31401, 40893, 50498, 35517, 38835, 32538, 38186, 43040, 31478, 42146, 36524, 39933, 45647, 32294, 40808, 38186, 42568, 51887, 34330, 42377, 33224, 40838, 49770, 32597, 44102, 33542, 43648, 36281, 48883, 35654, 37251, 44442, 31597, 39834, 30934, 42812, 33241, 39699, 47243, 33102, 39631, 44267, 39445, 54320, 31830, 35930, 49874, 34039, 36037, 41362, 35822, 38182, 44313, 35493, 37452, 39689, 46457, 36694, 41881, 36688, 34614, 41957, 49336, 35121, 41284, 52189, 35751, 38810, 46092, 33112, 40087, 46432, 34336, 40223, 49493, 33028, 38434, 42764, 33705, 41772, 36213, 37967, 44929, 31349, 39974, 48982, 33561, 37059, 33133, 41729, 31921, 49168, 48713, 34497, 38727, 45075, 35523, 43949, 29939, 35535, 36761, 36556, 43749, 31804, 43604, 48107, 33712, 42002, 45839, 37689, 40011, 44631, 35517, 37860, 47078, 35604, 38360, 51898, 32315, 34684, 49104, 33509, 38367, 44424, 32897, 38889, 51732, 34311, 36059, 41922, 33559, 41957, 30462, 36042, 35191, 36115, 43502, 48018, 35681, 46561, 38421, 38886, 46041, 30001, 43377, 32773, 40247, 40777, 38569, 47009, 33315, 46663, 31095, 39415, 45942, 41522, 49815, 33867, 40089, 31438, 40368, 48668, 36553, 40495, 36748, 37238, 47680, 32668, 40061, 32382, 40031, 46224, 31192, 39972, 37632, 42944, 33177, 41193, 49386, 34034, 39539, 44840, 39488, 39169, 45402, 30384, 37703, 40636, 47072, 34203, 41510, 45141, 35868, 38382, 42894, 46898, 34197, 40820, 47074, 32049, 38772, 48177, 31828, 41049, 47543, 40404, 39843, 51216, 34394, 38857, 44351, 32220, 40089, 33276, 36473, 40720, 39642, 38939, 43008, 35204, 43943, 31663, 38854, 48285, 35131, 37462, 31260, 45392, 48570, 37960, 50538, 31931, 39344, 50755, 34903, 39502, 52623, 33904, 37773, 41155, 39552, 35390, 43294, 39641, 38299, 39346, 41812, 45480, 35959, 39135, 37894, 32847, 39551, 44944, 47231, 33418, 39909, 46457, 32317, 38450, 42795, 48760, 35385, 43416, 29634, 38873, 43386, 49833, 35164, 41993, 30158, 37734, 42183, 36372, 35390, 32711, 40443, 43180, 42597, 54539, 37487, 36655, 43293, 50506, 34321, 43461, 51073, 34918, 43006, 49032, 36317, 38581, 46470, 37740, 35121, 42437, 32957, 36479, 41654, 34066, 39726, 45112, 34909, 46413, 32625, 36298, 47646, 32055, 35423, 42142, 35701, 37682, 44392, 37663, 36948, 41546, 30279, 36831, 40657, 50452, 36543, 43674, 54735, 31956, 38344, 44585, 30840, 38023, 52066, 31589, 35904, 43411, 34177, 35905, 42889, 34001, 36709, 43053, 31548, 36702, 40963, 43344, 36738, 41524, 31310, 38027, 42702, 31301, 40044, 41270, 33181, 44508, 37551, 44338, 41095, 41095, 44867, 37056, 42491, 40730, 39180, 53423, 32846, 37315, 48142, 34082, 37999, 49450, 34683, 36904, 43473, 32426, 36133, 39691, 44300, 35718, 40610, 32589, 32740, 42587, 48016, 34042, 41140, 49694, 32803, 38939, 44767, 51844, 34628, 40873, 38018, 32314, 39014, 47790, 41469, 38070, 46438, 33574, 40266, 46953, 33758, 39922, 54103, 33014, 37875, 47248, 32096], "WindowCenter": [11256.0, 11234.0, 11205.0, 11227.0, 11205.0, 11236.0, 11237.0, 11222.0, 11277.0, 11224.0, 11231.0, 11220.0, 11239.0, 11200.0, 11211.0, 11215.0, 11196.0, 11204.0, 11185.0, 11201.0, 11221.0, 11186.0, 11209.0, 11211.0, 11197.0, 11201.0, 11179.0, 11200.0, 11212.0, 11188.0, 11215.0, 11209.0, 11219.0, 11222.0, 11242.0, 11251.0, 11219.0, 11232.0, 11217.0, 11209.0, 11223.0, 11182.0, 11194.0, 11213.0, 11192.0, 11216.0, 11183.0, 11200.0, 11182.0, 11190.0, 11199.0, 11181.0, 11197.0, 11192.0, 11221.0, 11188.0, 11212.0, 11194.0, 11209.0, 11221.0, 11199.0, 11227.0, 11209.0, 11282.0, 11207.0, 11234.0, 11184.0, 11207.0, 11182.0, 11190.0, 11207.0, 11162.0, 11179.0, 11174.0, 11188.0, 11205.0, 11188.0, 11185.0, 11162.0, 11187.0, 11190.0, 11198.0, 11216.0, 11152.0, 11181.0, 11198.0, 11156.0, 11179.0, 11173.0, 11186.0, 11191.0, 11187.0, 11193.0, 11209.0, 11201.0, 11210.0, 11190.0, 11207.0, 11219.0, 11205.0, 11251.0, 11193.0, 11213.0, 11198.0, 11195.0, 11207.0, 11164.0, 11167.0, 11189.0, 11164.0, 11152.0, 11164.0, 11188.0, 11205.0, 11181.0, 11184.0, 11168.0, 11186.0, 11203.0, 11178.0, 11210.0, 11205.0, 11213.0, 11216.0, 11182.0, 11204.0, 11205.0, 11191.0, 11228.0, 11200.0, 11219.0, 11190.0, 11208.0, 11226.0, 11237.0, 11202.0, 11185.0, 11203.0, 11181.0, 11202.0, 11171.0, 11180.0, 11190.0, 11161.0, 11191.0, 11183.0, 11208.0, 11192.0, 11206.0, 11214.0, 11175.0, 11169.0, 11201.0, 11191.0, 11211.0, 11139.0, 11176.0, 11197.0, 11169.0, 11169.0, 11159.0, 11183.0, 11186.0, 11200.0, 11189.0, 11188.0, 11188.0, 11202.0, 11189.0, 11174.0, 11178.0, 11199.0, 11211.0, 11218.0, 11192.0, 11206.0, 11227.0, 11195.0, 11203.0, 11211.0, 11179.0, 11190.0, 11207.0, 11155.0, 11188.0, 11208.0, 11180.0, 11194.0, 11177.0, 11180.0, 11198.0, 11189.0, 11200.0, 11215.0, 11150.0, 11194.0, 11207.0, 11154.0, 11244.0, 11195.0, 11201.0, 11157.0, 11202.0, 11197.0, 11143.0, 11167.0, 11180.0, 11167.0, 11163.0, 11158.0, 11185.0, 11185.0, 11182.0, 11207.0, 11175.0, 11174.0, 11205.0, 11170.0, 11182.0, 11188.0, 11171.0, 11155.0, 11195.0, 11182.0, 11180.0, 11199.0, 11174.0, 11180.0, 11201.0, 11164.0, 11173.0, 11198.0, 11161.0, 11170.0, 11188.0, 11160.0, 11174.0, 11201.0, 11176.0, 11174.0, 11186.0, 11174.0, 11196.0, 11170.0, 11197.0, 11199.0, 11194.0, 11208.0, 11215.0, 11190.0, 11211.0, 11195.0, 11199.0, 11206.0, 11168.0, 11207.0, 11178.0, 11211.0, 11205.0, 11200.0, 11212.0, 11189.0, 11209.0, 11179.0, 11200.0, 11203.0, 11197.0, 11208.0, 11180.0, 11198.0, 11176.0, 11202.0, 11215.0, 11159.0, 11196.0, 11197.0, 11197.0, 11215.0, 11185.0, 11196.0, 11170.0, 11198.0, 11212.0, 11191.0, 11242.0, 11201.0, 11211.0, 11182.0, 11202.0, 11186.0, 11171.0, 11178.0, 11191.0, 11178.0, 11177.0, 11195.0, 11163.0, 11148.0, 11179.0, 11189.0, 11181.0, 11167.0, 11176.0, 11186.0, 11196.0, 11196.0, 11204.0, 11187.0, 11170.0, 11216.0, 11188.0, 11181.0, 11212.0, 11179.0, 11180.0, 11214.0, 11190.0, 11189.0, 11213.0, 11170.0, 11178.0, 11177.0, 11144.0, 11168.0, 11177.0, 11182.0, 11190.0, 11190.0, 11196.0, 11206.0, 11175.0, 11195.0, 11185.0, 11183.0, 11193.0, 11211.0, 11201.0, 11185.0, 11212.0, 11182.0, 11158.0, 11180.0, 11137.0, 11148.0, 11196.0, 11153.0, 11165.0, 11192.0, 11145.0, 11149.0, 11155.0, 11154.0, 11151.0, 11165.0, 11154.0, 11134.0, 11153.0, 11157.0, 11168.0, 11164.0, 11143.0, 11175.0, 11175.0, 11191.0, 11169.0, 11195.0, 11171.0, 11181.0, 11174.0, 11169.0, 11185.0, 11191.0, 11205.0, 11171.0, 11176.0, 11167.0, 11163.0, 11195.0, 11206.0, 11167.0, 11187.0, 11136.0, 11165.0, 11198.0, 11218.0, 11236.0, 11179.0, 11183.0, 11205.0, 11172.0, 11210.0, 11156.0, 11146.0, 11148.0, 11180.0, 11124.0, 11149.0, 11153.0, 11116.0, 11131.0, 11157.0, 11129.0, 11137.0, 11166.0, 11119.0, 11142.0, 11164.0, 11136.0, 11122.0, 11137.0, 11120.0, 11165.0, 11143.0, 11141.0, 11169.0, 11134.0, 11143.0, 11163.0, 11107.0, 11130.0, 11146.0, 11129.0, 11159.0, 11172.0, 11172.0, 11180.0, 11201.0, 11150.0, 11167.0, 11187.0, 11201.0, 11150.0, 11158.0, 11171.0, 11128.0, 11134.0, 11166.0, 11112.0, 11164.0, 11159.0, 11144.0, 11132.0, 11144.0, 11119.0, 11153.0, 11176.0, 11152.0, 11138.0, 11184.0, 11150.0, 11141.0, 11182.0, 11150.0, 11167.0, 11164.0, 11138.0, 11160.0, 11170.0, 11145.0, 11196.0, 11174.0, 11167.0, 11221.0, 11165.0, 11204.0, 11163.0, 11164.0, 11174.0, 11142.0, 11173.0, 11149.0, 11142.0, 11199.0, 11133.0, 11140.0, 11151.0, 11151.0, 11159.0, 11163.0, 11120.0, 11132.0, 11173.0, 11114.0, 11130.0, 11141.0, 11154.0, 11157.0, 11155.0, 11132.0, 11125.0, 11147.0, 11156.0, 11136.0, 11161.0, 11170.0, 11131.0, 11151.0, 11157.0, 11185.0, 11156.0, 11147.0, 11179.0, 11147.0, 11184.0, 11175.0, 11163.0, 11151.0, 11165.0, 11152.0, 11170.0, 11175.0, 11148.0, 11158.0, 11177.0, 11135.0, 11170.0, 11190.0, 11149.0], "WindowWidth": [24324.0, 24258.0, 24175.0, 24228.0, 24174.0, 24252.0, 24260.0, 24215.0, 24372.0, 24216.0, 24234.0, 24201.0, 24260.0, 24154.0, 24183.0, 24197.0, 24142.0, 24166.0, 24117.0, 24156.0, 24215.0, 24118.0, 24179.0, 24185.0, 24144.0, 24159.0, 24102.0, 24151.0, 24191.0, 24128.0, 24197.0, 24180.0, 24203.0, 24213.0, 24268.0, 24284.0, 24203.0, 24236.0, 24196.0, 24175.0, 24221.0, 24100.0, 24138.0, 24191.0, 24130.0, 24196.0, 24111.0, 24157.0, 24109.0, 24126.0, 24156.0, 24107.0, 24150.0, 24135.0, 24215.0, 24125.0, 24188.0, 24141.0, 24174.0, 24214.0, 24157.0, 24234.0, 24182.0, 24386.0, 24165.0, 24242.0, 24126.0, 24197.0, 24101.0, 24123.0, 24174.0, 24053.0, 24093.0, 24079.0, 24115.0, 24165.0, 24115.0, 24113.0, 24054.0, 24117.0, 24125.0, 24150.0, 24201.0, 24047.0, 24101.0, 24149.0, 24036.0, 24094.0, 24085.0, 24111.0, 24131.0, 24121.0, 24136.0, 24184.0, 24154.0, 24184.0, 24126.0, 24171.0, 24208.0, 24171.0, 24297.0, 24129.0, 24186.0, 24138.0, 24132.0, 24175.0, 24050.0, 24061.0, 24123.0, 24056.0, 24049.0, 24056.0, 24119.0, 24165.0, 24098.0, 24111.0, 24068.0, 24111.0, 24161.0, 24097.0, 24176.0, 24163.0, 24185.0, 24197.0, 24106.0, 24159.0, 24170.0, 24151.0, 24230.0, 24155.0, 24201.0, 24124.0, 24170.0, 24231.0, 24256.0, 24181.0, 24107.0, 24158.0, 24099.0, 24154.0, 24071.0, 24096.0, 24124.0, 24044.0, 24124.0, 24105.0, 24172.0, 24124.0, 24161.0, 24189.0, 24084.0, 24088.0, 24157.0, 24126.0, 24182.0, 24012.0, 24086.0, 24146.0, 24062.0, 24067.0, 24064.0, 24105.0, 24112.0, 24153.0, 24122.0, 24117.0, 24115.0, 24161.0, 24124.0, 24106.0, 24112.0, 24150.0, 24179.0, 24205.0, 24131.0, 24167.0, 24223.0, 24135.0, 24157.0, 24186.0, 24093.0, 24122.0, 24170.0, 24055.0, 24118.0, 24175.0, 24097.0, 24131.0, 24115.0, 24099.0, 24145.0, 24117.0, 24145.0, 24189.0, 24040.0, 24132.0, 24171.0, 24047.0, 24275.0, 24133.0, 24148.0, 24051.0, 24153.0, 24136.0, 24019.0, 24059.0, 24096.0, 24064.0, 24072.0, 24038.0, 24110.0, 24110.0, 24099.0, 24165.0, 24081.0, 24096.0, 24163.0, 24064.0, 24098.0, 24120.0, 24073.0, 24048.0, 24137.0, 24101.0, 24093.0, 24149.0, 24075.0, 24093.0, 24155.0, 24046.0, 24073.0, 24144.0, 24039.0, 24065.0, 24118.0, 24042.0, 24077.0, 24155.0, 24080.0, 24078.0, 24112.0, 24082.0, 24136.0, 24068.0, 24140.0, 24144.0, 24132.0, 24166.0, 24191.0, 24124.0, 24174.0, 24135.0, 24145.0, 24168.0, 24065.0, 24164.0, 24089.0, 24172.0, 24164.0, 24144.0, 24183.0, 24116.0, 24174.0, 24084.0, 24147.0, 24158.0, 24139.0, 24175.0, 24093.0, 24143.0, 24084.0, 24148.0, 24189.0, 24060.0, 24135.0, 24139.0, 24134.0, 24188.0, 24107.0, 24136.0, 24067.0, 24139.0, 24179.0, 24124.0, 24266.0, 24148.0, 24173.0, 24094.0, 24143.0, 24134.0, 24059.0, 24080.0, 24115.0, 24089.0, 24080.0, 24132.0, 24042.0, 24027.0, 24082.0, 24119.0, 24095.0, 24080.0, 24107.0, 24106.0, 24129.0, 24131.0, 24158.0, 24109.0, 24085.0, 24186.0, 24113.0, 24116.0, 24186.0, 24084.0, 24109.0, 24180.0, 24116.0, 24110.0, 24178.0, 24063.0, 24084.0, 24107.0, 24020.0, 24080.0, 24083.0, 24096.0, 24113.0, 24117.0, 24135.0, 24165.0, 24100.0, 24156.0, 24104.0, 24119.0, 24156.0, 24175.0, 24149.0, 24102.0, 24179.0, 24116.0, 24048.0, 24116.0, 23995.0, 24025.0, 24134.0, 24016.0, 24045.0, 24121.0, 23994.0, 24004.0, 24020.0, 24020.0, 24013.0, 24047.0, 24019.0, 23984.0, 24015.0, 24024.0, 24058.0, 24047.0, 24012.0, 24076.0, 24076.0, 24115.0, 24080.0, 24132.0, 24066.0, 24089.0, 24097.0, 24059.0, 24095.0, 24115.0, 24156.0, 24067.0, 24101.0, 24054.0, 24065.0, 24122.0, 24160.0, 24053.0, 24103.0, 23995.0, 24070.0, 24132.0, 24193.0, 24240.0, 24110.0, 24116.0, 24150.0, 24081.0, 24168.0, 24037.0, 24013.0, 24022.0, 24090.0, 23962.0, 24027.0, 24037.0, 23935.0, 23977.0, 24025.0, 23949.0, 23971.0, 24049.0, 23943.0, 23978.0, 24041.0, 23966.0, 23948.0, 23993.0, 23949.0, 24046.0, 24008.0, 23978.0, 24057.0, 23960.0, 23983.0, 24042.0, 23912.0, 23975.0, 24020.0, 23973.0, 24027.0, 24065.0, 24069.0, 24084.0, 24142.0, 24030.0, 24071.0, 24104.0, 24147.0, 24026.0, 24047.0, 24088.0, 23965.0, 23982.0, 24049.0, 23927.0, 24040.0, 24057.0, 23985.0, 23975.0, 24013.0, 23946.0, 24011.0, 24077.0, 24009.0, 23995.0, 24093.0, 24004.0, 24000.0, 24088.0, 24030.0, 24047.0, 24064.0, 23997.0, 24047.0, 24082.0, 24015.0, 24120.0, 24093.0, 24073.0, 24195.0, 24066.0, 24148.0, 24057.0, 24058.0, 24082.0, 24002.0, 24064.0, 24026.0, 24000.0, 24134.0, 23981.0, 23996.0, 24032.0, 24003.0, 24028.0, 24058.0, 23946.0, 23976.0, 24065.0, 23931.0, 23969.0, 24004.0, 24042.0, 24021.0, 24038.0, 23980.0, 23958.0, 24018.0, 24042.0, 23985.0, 24056.0, 24083.0, 23975.0, 24028.0, 24045.0, 24100.0, 24021.0, 24017.0, 24078.0, 24020.0, 24091.0, 24094.0, 24063.0, 24030.0, 24071.0, 24031.0, 24078.0, 24093.0, 24018.0, 24043.0, 24103.0, 23986.0, 24053.0, 24107.0, 23998.0]}, "slices": {}}}