{"AcquisitionMatrixPE": 96, "AcquisitionNumber": 1, "AcquisitionTime": "07:29:14.242500", "BandwidthPerPixelPhaseEncode": 33.602, "BaseResolution": 96, "BodyPartExamined": "BRAIN", "ConsistencyInfo": "N4_VD11D_LATEST_20110129", "ConversionSoftware": "dcm2niix", "ConversionSoftwareVersion": "v1.0.20210317", "DerivedVendorReportedEchoSpacing": 0.000620003, "DeviceSerialNumber": "45239", "DwellTime": 2.6e-06, "EchoTime": 0.03, "EchoTrainLength": 48, "EffectiveEchoSpacing": 0.000310001, "FlipAngle": 63, "ImageComments": "Unaliased MB4/PE3", "ImageOrientationPatientDICOM": [0.999916, 0.0113971, -0.0062139, -0.012981, 0.877909, -0.478652], "ImageType": ["ORIGINAL", "PRIMARY", "M", "ND", "NORM", "MOSAIC"], "ImagingFrequency": 123.193, "InPlanePhaseEncodingDirectionDICOM": "COL", "InstitutionAddress": "E 24th St. 100,Austin,Southmiddle,US,78712", "InstitutionName": "Univ of Texas at Austin", "InstitutionalDepartmentName": "IRC", "MRAcquisitionType": "2D", "MagneticFieldStrength": 3, "Manufacturer": "Siemens", "ManufacturersModelName": "Skyra", "Modality": "MR", "MultibandAccelerationFactor": 4, "ParallelReductionFactorInPlane": 2, "PartialFourier": 1, "PatientPosition": "HFS", "PercentPhaseFOV": 100, "PercentSampling": 100, "PhaseEncodingDirection": "j-", "PhaseEncodingSteps": 96, "PhaseResolution": 1, "PixelBandwidth": 2005, "ProcedureStepDescription": "Poldrack2^self-scanning", "ProtocolName": "Resting State fMRI MBEPI_matrix96_BW2004", "PulseSequenceDetails": "%CustomerSeq%\\cmrr_mbep2d_bold", "ReceiveCoilActiveElements": "HEA;HEP", "ReceiveCoilName": "Head_32", "ReconMatrixPE": 96, "RefLinesPE": 94, "RepetitionTime": 1.16, "SAR": 0.104484, "ScanOptions": "FS", "ScanningSequence": "EP", "SequenceName": "epfid2d1_96", "SequenceVariant": "SK", "SeriesDescription": "Resting State fMRI MBEPI_matrix96_BW2004", "SeriesNumber": 6, "ShimSetting": [-2789, 8037, -15376, 160, -167, 76, 294, -45], "SliceThickness": 2, "SliceTiming": [0, 0.4975, 0.9975, 0.355, 0.855, 0.2125, 0.7125, 0.07, 0.57, 1.0675, 0.4275, 0.925, 0.285, 0.7825, 0.1425, 0.64, 0, 0.4975, 0.9975, 0.355, 0.855, 0.2125, 0.7125, 0.07, 0.57, 1.0675, 0.4275, 0.925, 0.285, 0.7825, 0.1425, 0.64, 0, 0.4975, 0.9975, 0.355, 0.855, 0.2125, 0.7125, 0.07, 0.57, 1.0675, 0.4275, 0.925, 0.285, 0.7825, 0.1425, 0.64, 0, 0.4975, 0.9975, 0.355, 0.855, 0.2125, 0.7125, 0.07, 0.57, 1.0675, 0.4275, 0.925, 0.285, 0.7825, 0.1425, 0.64], "SoftwareVersions": "syngo MR D11", "SpacingBetweenSlices": 2.4, "StationName": "AWP45239", "TaskName": "Resting fmri", "TotalReadoutTime": 0.0294501, "TxRefAmp": 346.197, "WipMemBlock": "ea735a79-392e-4643-8734-5be114bac2c8||Sequence: VD11D r206; Feb 13 2013 18:52:04 by eja", "dcmmeta_affine": [[-2.3956313133239746, -0.031100327149033546, -7.353401776377666e-10, 121.20291137695312], [-0.02730555832386017, 2.103323459625244, -1.1488604545593262, -90.57201385498047], [-0.014887474477291107, 1.1467692852020264, 2.10715913772583, -69.6666259765625], [0.0, 0.0, 0.0, 1.0]], "dcmmeta_reorient_transform": [[0.0, -1.0, 0.0, 95.0], [1.0, 0.0, 0.0, 0.0], [0.0, 0.0, 1.0, 0.0], [0.0, 0.0, 0.0, 1.0]], "dcmmeta_shape": [96, 96, 64, 518], "dcmmeta_slice_dim": 2, "dcmmeta_version": 0.6, "global": {"const": {"AcquisitionMatrix": [96, 0, 0, 96], "AngioFlag": "N", "BitsAllocated": 16, "BitsStored": 16, "BodyPartExamined": "BRAIN", "Columns": 768, "EchoNumbers": 1, "EchoTime": 30.0, "EchoTrainLength": 48, "FlipAngle": 63.0, "HighBit": 15, "ImageOrientationPatient": [0.99991574318355, 0.01139710260957, -0.0062139026218, -0.0129810066515, 0.87790899262332, -0.4786515372768], "ImagePositionPatient": [-912.73081393091, -825.13510409158, 429.59311762889], "ImageType": ["ORIGINAL", "PRIMARY", "M", "ND", "NORM", "MOSAIC"], "ImagedNucleus": "1H", "ImagingFrequency": 123.19312, "InPlanePhaseEncodingDirection": "COL", "MRAcquisitionType": "2D", "MagneticFieldStrength": 3.0, "Manufacturer": "SIEMENS", "ManufacturerModelName": "Skyra", "Modality": "MR", "NumberOfAverages": 1.0, "NumberOfPhaseEncodingSteps": 96, "PercentPhaseFieldOfView": 100.0, "PercentSampling": 100.0, "PerformedProcedureStepStartTime": "071931.312000", "PhotometricInterpretation": "MONOCHROME2", "PixelBandwidth": 2005.0, "PixelRepresentation": 0, "PixelSpacing": [2.3958332538605, 2.3958332538605], "ProtocolName": "Resting State fMRI MBEPI_matrix96_BW2004", "RepetitionTime": 1160.0, "Rows": 768, "SAR": 0.10448397963548, "SamplesPerPixel": 1, "ScanOptions": "FS", "ScanningSequence": "EP", "SequenceName": "epfid2d1_96", "SequenceVariant": "SK", "SeriesDescription": "Resting State fMRI MBEPI_matrix96_BW2004", "SeriesNumber": 6, "SeriesTime": "072952.984000", "SliceLocation": -17.810025798384, "SliceThickness": 2.0, "SmallestImagePixelValue": 0, "SoftwareVersions": "syngo MR D11", "SpacingBetweenSlices": 2.3999999822586, "SpecificCharacterSet": "ISO_IR 100", "StudyID": "1", "StudyTime": "071931.281000", "TransmitCoilName": "Body", "VariableFlipAngleFlag": "N", "WindowCenterWidthExplanation": "Algo1", "dBdt": 0.0}, "slices": {}}, "time": {"samples": {"AcquisitionNumber": [1, 2, 3, 4, 5, 6, 7, 8, 9, 10, 11, 12, 13, 14, 15, 16, 17, 18, 19, 20, 21, 22, 23, 24, 25, 26, 27, 28, 29, 30, 31, 32, 33, 34, 35, 36, 37, 38, 39, 40, 41, 42, 43, 44, 45, 46, 47, 48, 49, 50, 51, 52, 53, 54, 55, 56, 57, 58, 59, 60, 61, 62, 63, 64, 65, 66, 67, 68, 69, 70, 71, 72, 73, 74, 75, 76, 77, 78, 79, 80, 81, 82, 83, 84, 85, 86, 87, 88, 89, 90, 91, 92, 93, 94, 95, 96, 97, 98, 99, 100, 101, 102, 103, 104, 105, 106, 107, 108, 109, 110, 111, 112, 113, 114, 115, 116, 117, 118, 119, 120, 121, 122, 123, 124, 125, 126, 127, 128, 129, 130, 131, 132, 133, 134, 135, 136, 137, 138, 139, 140, 141, 142, 143, 144, 145, 146, 147, 148, 149, 150, 151, 152, 153, 154, 155, 156, 157, 158, 159, 160, 161, 162, 163, 164, 165, 166, 167, 168, 169, 170, 171, 172, 173, 174, 175, 176, 177, 178, 179, 180, 181, 182, 183, 184, 185, 186, 187, 188, 189, 190, 191, 192, 193, 194, 195, 196, 197, 198, 199, 200, 201, 202, 203, 204, 205, 206, 207, 208, 209, 210, 211, 212, 213, 214, 215, 216, 217, 218, 219, 220, 221, 222, 223, 224, 225, 226, 227, 228, 229, 230, 231, 232, 233, 234, 235, 236, 237, 238, 239, 240, 241, 242, 243, 244, 245, 246, 247, 248, 249, 250, 251, 252, 253, 254, 255, 256, 257, 258, 259, 260, 261, 262, 263, 264, 265, 266, 267, 268, 269, 270, 271, 272, 273, 274, 275, 276, 277, 278, 279, 280, 281, 282, 283, 284, 285, 286, 287, 288, 289, 290, 291, 292, 293, 294, 295, 296, 297, 298, 299, 300, 301, 302, 303, 304, 305, 306, 307, 308, 309, 310, 311, 312, 313, 314, 315, 316, 317, 318, 319, 320, 321, 322, 323, 324, 325, 326, 327, 328, 329, 330, 331, 332, 333, 334, 335, 336, 337, 338, 339, 340, 341, 342, 343, 344, 345, 346, 347, 348, 349, 350, 351, 352, 353, 354, 355, 356, 357, 358, 359, 360, 361, 362, 363, 364, 365, 366, 367, 368, 369, 370, 371, 372, 373, 374, 375, 376, 377, 378, 379, 380, 381, 382, 383, 384, 385, 386, 387, 388, 389, 390, 391, 392, 393, 394, 395, 396, 397, 398, 399, 400, 401, 402, 403, 404, 405, 406, 407, 408, 409, 410, 411, 412, 413, 414, 415, 416, 417, 418, 419, 420, 421, 422, 423, 424, 425, 426, 427, 428, 429, 430, 431, 432, 433, 434, 435, 436, 437, 438, 439, 440, 441, 442, 443, 444, 445, 446, 447, 448, 449, 450, 451, 452, 453, 454, 455, 456, 457, 458, 459, 460, 461, 462, 463, 464, 465, 466, 467, 468, 469, 470, 471, 472, 473, 474, 475, 476, 477, 478, 479, 480, 481, 482, 483, 484, 485, 486, 487, 488, 489, 490, 491, 492, 493, 494, 495, 496, 497, 498, 499, 500, 501, 502, 503, 504, 505, 506, 507, 508, 509, 510, 511, 512, 513, 514, 515, 516, 517, 518], "AcquisitionTime": ["072914.242500", "072943.242500", "072944.402500", "072945.562500", "072946.722500", "072947.882500", "072949.042500", "072950.202500", "072951.362500", "072952.522500", "072953.682500", "072954.842500", "072956.002500", "072957.162500", "072958.322500", "072959.482500", "073000.642500", "073001.802500", "073002.962500", "073004.122500", "073005.282500", "073006.442500", "073007.602500", "073008.762500", "073009.922500", "073011.082500", "073012.242500", "073013.402500", "073014.562500", "073015.722500", "073016.882500", "073018.042500", "073019.202500", "073020.362500", "073021.522500", "073022.682500", "073023.842500", "073025.002500", "073026.162500", "073027.322500", "073028.482500", "073029.642500", "073030.802500", "073031.962500", "073033.122500", "073034.282500", "073035.442500", "073036.602500", "073037.762500", "073038.922500", "073040.082500", "073041.242500", "073042.402500", "073043.562500", "073044.722500", "073045.882500", "073047.042500", "073048.202500", "073049.362500", "073050.522500", "073051.682500", "073052.842500", "073054.002500", "073055.162500", "073056.322500", "073057.482500", "073058.642500", "073059.802500", "073100.962500", "073102.122500", "073103.282500", "073104.442500", "073105.602500", "073106.762500", "073107.922500", "073109.082500", "073110.242500", "073111.402500", "073112.562500", "073113.722500", "073114.882500", "073116.042500", "073117.202500", "073118.362500", "073119.522500", "073120.682500", "073121.842500", "073123.002500", "073124.162500", "073125.322500", "073126.482500", "073127.642500", "073128.802500", "073129.962500", "073131.122500", "073132.282500", "073133.442500", "073134.602500", "073135.762500", "073136.922500", "073138.082500", "073139.242500", "073140.402500", "073141.562500", "073142.722500", "073143.882500", "073145.042500", "073146.202500", "073147.362500", "073148.522500", "073149.682500", "073150.842500", "073152.002500", "073153.162500", "073154.322500", "073155.482500", "073156.642500", "073157.802500", "073158.962500", "073200.122500", "073201.282500", "073202.442500", "073203.602500", "073204.762500", "073205.922500", "073207.082500", "073208.242500", "073209.405000", "073210.565000", "073211.725000", "073212.885000", "073214.045000", "073215.205000", "073216.365000", "073217.525000", "073218.685000", "073219.845000", "073221.005000", "073222.165000", "073223.325000", "073224.485000", "073225.645000", "073226.805000", "073227.965000", "073229.125000", "073230.285000", "073231.445000", "073232.605000", "073233.765000", "073234.925000", "073236.085000", "073237.245000", "073238.405000", "073239.565000", "073240.725000", "073241.885000", "073243.045000", "073244.205000", "073245.365000", "073246.525000", "073247.685000", "073248.845000", "073250.005000", "073251.165000", "073252.325000", "073253.485000", "073254.645000", "073255.805000", "073256.965000", "073258.125000", "073259.285000", "073300.445000", "073301.605000", "073302.765000", "073303.925000", "073305.085000", "073306.245000", "073307.405000", "073308.565000", "073309.725000", "073310.885000", "073312.045000", "073313.205000", "073314.365000", "073315.525000", "073316.685000", "073317.845000", "073319.005000", "073320.165000", "073321.325000", "073322.485000", "073323.645000", "073324.805000", "073325.965000", "073327.125000", "073328.285000", "073329.445000", "073330.605000", "073331.765000", "073332.925000", "073334.085000", "073335.245000", "073336.405000", "073337.565000", "073338.725000", "073339.885000", "073341.045000", "073342.205000", "073343.365000", "073344.525000", "073345.685000", "073346.845000", "073348.005000", "073349.165000", "073350.325000", "073351.485000", "073352.645000", "073353.805000", "073354.965000", "073356.125000", "073357.285000", "073358.445000", "073359.605000", "073400.765000", "073401.925000", "073403.085000", "073404.245000", "073405.405000", "073406.565000", "073407.725000", "073408.885000", "073410.045000", "073411.205000", "073412.365000", "073413.525000", "073414.685000", "073415.845000", "073417.005000", "073418.165000", "073419.325000", "073420.485000", "073421.645000", "073422.805000", "073423.965000", "073425.125000", "073426.285000", "073427.445000", "073428.605000", "073429.765000", "073430.925000", "073432.085000", "073433.245000", "073434.405000", "073435.565000", "073436.725000", "073437.885000", "073439.045000", "073440.205000", "073441.365000", "073442.525000", "073443.685000", "073444.845000", "073446.005000", "073447.165000", "073448.325000", "073449.485000", "073450.645000", "073451.805000", "073452.965000", "073454.125000", "073455.285000", "073456.445000", "073457.605000", "073458.765000", "073459.925000", "073501.085000", "073502.245000", "073503.405000", "073504.565000", "073505.725000", "073506.885000", "073508.045000", "073509.205000", "073510.365000", "073511.525000", "073512.685000", "073513.845000", "073515.005000", "073516.165000", "073517.325000", "073518.485000", "073519.645000", "073520.805000", "073521.965000", "073523.125000", "073524.285000", "073525.445000", "073526.605000", "073527.765000", "073528.925000", "073530.085000", "073531.245000", "073532.405000", "073533.565000", "073534.725000", "073535.885000", "073537.045000", "073538.205000", "073539.365000", "073540.525000", "073541.685000", "073542.845000", "073544.005000", "073545.165000", "073546.325000", "073547.485000", "073548.645000", "073549.805000", "073550.965000", "073552.125000", "073553.285000", "073554.445000", "073555.605000", "073556.765000", "073557.925000", "073559.085000", "073600.245000", "073601.405000", "073602.565000", "073603.725000", "073604.885000", "073606.045000", "073607.205000", "073608.365000", "073609.525000", "073610.685000", "073611.845000", "073613.005000", "073614.165000", "073615.325000", "073616.485000", "073617.645000", "073618.805000", "073619.965000", "073621.125000", "073622.285000", "073623.445000", "073624.605000", "073625.765000", "073626.925000", "073628.085000", "073629.245000", "073630.405000", "073631.565000", "073632.725000", "073633.885000", "073635.045000", "073636.205000", "073637.365000", "073638.525000", "073639.685000", "073640.845000", "073642.005000", "073643.165000", "073644.325000", "073645.485000", "073646.645000", "073647.805000", "073648.965000", "073650.125000", "073651.285000", "073652.445000", "073653.605000", "073654.765000", "073655.925000", "073657.085000", "073658.245000", "073659.407500", "073700.567500", "073701.727500", "073702.887500", "073704.047500", "073705.207500", "073706.367500", "073707.527500", "073708.687500", "073709.847500", "073711.007500", "073712.167500", "073713.327500", "073714.487500", "073715.647500", "073716.807500", "073717.967500", "073719.127500", "073720.287500", "073721.447500", "073722.607500", "073723.767500", "073724.927500", "073726.087500", "073727.247500", "073728.407500", "073729.567500", "073730.727500", "073731.887500", "073733.047500", "073734.207500", "073735.367500", "073736.527500", "073737.687500", "073738.847500", "073740.007500", "073741.167500", "073742.327500", "073743.487500", "073744.647500", "073745.807500", "073746.967500", "073748.127500", "073749.287500", "073750.447500", "073751.607500", "073752.767500", "073753.927500", "073755.087500", "073756.247500", "073757.407500", "073758.567500", "073759.727500", "073800.887500", "073802.047500", "073803.207500", "073804.367500", "073805.527500", "073806.687500", "073807.847500", "073809.007500", "073810.167500", "073811.327500", "073812.487500", "073813.647500", "073814.807500", "073815.967500", "073817.127500", "073818.287500", "073819.447500", "073820.607500", "073821.767500", "073822.927500", "073824.087500", "073825.247500", "073826.407500", "073827.567500", "073828.727500", "073829.887500", "073831.047500", "073832.207500", "073833.367500", "073834.527500", "073835.687500", "073836.847500", "073838.007500", "073839.167500", "073840.327500", "073841.487500", "073842.647500", "073843.807500", "073844.967500", "073846.127500", "073847.287500", "073848.447500", "073849.607500", "073850.767500", "073851.927500", "073853.087500", "073854.247500", "073855.407500", "073856.567500", "073857.727500", "073858.887500", "073900.047500", "073901.207500", "073902.367500", "073903.527500", "073904.687500", "073905.847500", "073907.007500", "073908.167500", "073909.327500", "073910.487500", "073911.647500", "073912.807500", "073913.967500", "073915.127500", "073916.287500", "073917.447500", "073918.607500", "073919.767500", "073920.927500", "073922.087500", "073923.247500", "073924.407500", "073925.567500", "073926.727500", "073927.887500", "073929.047500", "073930.207500", "073931.367500", "073932.527500", "073933.687500", "073934.847500", "073936.007500", "073937.167500", "073938.327500", "073939.487500", "073940.647500", "073941.807500"], "ContentTime": ["072952.984000", "072958.734000", "072958.750000", "072958.750000", "072958.750000", "072958.750000", "073003.734000", "073003.750000", "073003.750000", "073008.734000", "073008.750000", "073008.750000", "073008.750000", "073013.734000", "073013.781000", "073013.781000", "073013.781000", "073018.734000", "073018.750000", "073018.750000", "073023.734000", "073023.750000", "073023.750000", "073023.750000", "073028.734000", "073028.750000", "073028.750000", "073028.750000", "073033.734000", "073033.750000", "073033.750000", "073033.750000", "073038.734000", "073038.750000", "073038.750000", "073043.734000", "073043.750000", "073043.750000", "073043.750000", "073048.734000", "073048.750000", "073048.750000", "073048.750000", "073053.734000", "073053.750000", "073053.750000", "073053.750000", "073058.734000", "073058.750000", "073058.750000", "073103.734000", "073103.750000", "073103.750000", "073103.750000", "073108.734000", "073108.750000", "073108.750000", "073113.734000", "073113.750000", "073113.750000", "073113.750000", "073118.734000", "073118.750000", "073118.750000", "073118.750000", "073123.734000", "073123.750000", "073123.750000", "073123.750000", "073128.734000", "073128.750000", "073128.750000", "073133.734000", "073133.750000", "073133.750000", "073133.750000", "073138.734000", "073138.750000", "073138.750000", "073143.734000", "073143.750000", "073143.750000", "073143.765000", "073148.734000", "073148.750000", "073148.750000", "073148.750000", "073153.734000", "073153.750000", "073153.765000", "073153.765000", "073158.734000", "073158.750000", "073158.750000", "073158.750000", "073203.734000", "073203.750000", "073203.750000", "073208.734000", "073208.750000", "073208.750000", "073208.750000", "073213.734000", "073213.750000", "073213.750000", "073213.750000", "073218.734000", "073218.750000", "073218.750000", "073218.750000", "073223.734000", "073223.750000", "073223.750000", "073228.734000", "073228.750000", "073228.750000", "073228.750000", "073233.734000", "073233.750000", "073233.750000", "073233.750000", "073238.734000", "073238.750000", "073238.750000", "073243.734000", "073243.750000", "073243.750000", "073243.750000", "073248.734000", "073248.750000", "073248.750000", "073248.781000", "073253.734000", "073253.750000", "073253.765000", "073258.734000", "073258.750000", "073258.750000", "073258.750000", "073303.734000", "073303.750000", "073303.750000", "073303.750000", "073308.734000", "073308.750000", "073308.750000", "073313.734000", "073313.750000", "073313.750000", "073313.750000", "073318.734000", "073318.750000", "073318.750000", "073318.750000", "073323.734000", "073323.750000", "073323.750000", "073323.765000", "073328.734000", "073328.750000", "073328.750000", "073333.734000", "073333.750000", "073333.765000", "073333.765000", "073338.734000", "073338.750000", "073338.750000", "073338.750000", "073343.734000", "073343.750000", "073343.750000", "073343.781000", "073343.781000", "073348.734000", "073348.750000", "073348.750000", "073353.734000", "073353.750000", "073353.750000", "073358.734000", "073358.750000", "073358.750000", "073358.750000", "073403.734000", "073403.750000", "073403.750000", "073403.750000", "073408.734000", "073408.750000", "073408.765000", "073408.765000", "073413.734000", "073413.750000", "073413.750000", "073413.750000", "073418.734000", "073418.750000", "073418.750000", "073423.734000", "073423.750000", "073423.750000", "073423.750000", "073428.734000", "073428.750000", "073428.750000", "073428.765000", "073433.734000", "073433.750000", "073433.750000", "073433.750000", "073438.734000", "073438.750000", "073438.750000", "073443.734000", "073443.750000", "073443.750000", "073443.750000", "073448.734000", "073448.750000", "073448.750000", "073448.765000", "073453.734000", "073453.750000", "073453.750000", "073458.734000", "073458.750000", "073458.750000", "073458.750000", "073503.734000", "073503.750000", "073503.750000", "073508.734000", "073508.750000", "073508.750000", "073508.750000", "073513.734000", "073513.750000", "073513.750000", "073513.750000", "073518.734000", "073518.750000", "073518.750000", "073518.750000", "073523.734000", "073523.750000", "073523.750000", "073528.734000", "073528.750000", "073528.765000", "073528.765000", "073533.734000", "073533.750000", "073533.750000", "073538.734000", "073538.750000", "073538.750000", "073538.750000", "073543.734000", "073543.750000", "073543.750000", "073543.750000", "073548.734000", "073548.750000", "073548.750000", "073548.750000", "073553.734000", "073553.750000", "073553.750000", "073553.750000", "073558.734000", "073558.750000", "073558.750000", "073603.734000", "073603.750000", "073603.750000", "073603.750000", "073608.734000", "073608.750000", "073608.750000", "073608.750000", "073618.734000", "073618.750000", "073618.750000", "073618.750000", "073618.750000", "073618.765000", "073618.765000", "073618.765000", "073623.734000", "073623.750000", "073623.750000", "073628.734000", "073628.750000", "073628.750000", "073628.750000", "073633.734000", "073633.750000", "073633.750000", "073638.734000", "073638.750000", "073638.750000", "073638.750000", "073638.750000", "073643.734000", "073643.750000", "073643.750000", "073648.734000", "073648.750000", "073648.750000", "073648.750000", "073653.734000", "073653.750000", "073653.750000", "073653.750000", "073658.734000", "073658.750000", "073658.750000", "073658.750000", "073703.734000", "073703.750000", "073703.750000", "073708.734000", "073708.750000", "073708.750000", "073713.734000", "073713.750000", "073713.750000", "073713.750000", "073718.734000", "073718.750000", "073718.750000", "073718.765000", "073723.734000", "073723.750000", "073723.750000", "073723.750000", "073728.734000", "073728.750000", "073728.750000", "073733.734000", "073733.750000", "073733.750000", "073733.750000", "073738.734000", "073738.750000", "073738.750000", "073738.750000", "073743.734000", "073743.750000", "073743.750000", "073748.734000", "073748.750000", "073748.750000", "073748.750000", "073753.734000", "073753.750000", "073753.750000", "073753.750000", "073758.734000", "073758.750000", "073758.750000", "073758.750000", "073803.734000", "073803.750000", "073803.750000", "073803.750000", "073808.734000", "073808.750000", "073808.750000", "073813.734000", "073813.750000", "073813.750000", "073813.750000", "073818.734000", "073818.750000", "073818.750000", "073818.750000", "073823.734000", "073823.750000", "073823.750000", "073823.750000", "073828.734000", "073828.750000", "073828.750000", "073833.734000", "073833.750000", "073833.750000", "073833.750000", "073838.734000", "073838.750000", "073838.750000", "073838.750000", "073843.734000", "073843.750000", "073843.750000", "073848.734000", "073848.750000", "073848.750000", "073848.750000", "073853.734000", "073853.750000", "073853.750000", "073853.750000", "073858.734000", "073858.750000", "073858.750000", "073858.765000", "073903.734000", "073903.750000", "073903.750000", "073908.734000", "073908.750000", "073908.750000", "073908.750000", "073913.734000", "073913.750000", "073913.750000", "073913.750000", "073918.734000", "073918.750000", "073918.750000", "073918.765000", "073923.734000", "073923.750000", "073923.750000", "073923.750000", "073928.734000", "073928.750000", "073928.750000", "073928.750000", "073933.734000", "073933.750000", "073933.750000", "073933.750000", "073938.734000", "073938.750000", "073938.750000", "073943.734000", "073943.750000", "073943.750000", "073943.750000", "073943.750000", "073948.734000", "073948.750000", "073948.750000", "073953.734000", "073953.750000", "073953.750000", "073953.750000", "073958.734000", "073958.750000", "073958.750000", "073958.750000", "073958.765000", "074003.734000", "074003.750000", "074003.750000", "074008.734000", "074008.750000", "074008.750000", "074008.750000", "074008.765000", "074013.734000", "074013.750000", "074013.750000", "074013.750000", "074018.734000", "074018.750000", "074018.750000", "074023.734000", "074023.750000", "074023.750000", "074023.750000", "074028.734000", "074028.750000", "074028.750000", "074028.750000", "074033.734000", "074033.750000", "074033.750000", "074033.750000", "074038.734000", "074038.750000", "074038.750000", "074038.750000", "074043.734000", "074043.750000", "074043.750000", "074043.750000", "074048.734000", "074048.750000", "074048.750000", "074048.750000", "074053.734000", "074053.750000", "074053.750000", "074053.750000", "074058.734000", "074058.750000", "074058.750000", "074103.734000", "074103.750000", "074103.750000", "074103.750000", "074108.734000", "074108.750000", "074108.750000", "074108.750000", "074113.734000", "074113.750000", "074113.750000", "074118.734000", "074118.750000", "074118.750000", "074118.750000", "074120.500000", "074120.500000"], "InstanceCreationTime": ["072952.984000", "072958.734000", "072958.750000", "072958.750000", "072958.750000", "072958.750000", "073003.734000", "073003.750000", "073003.750000", "073008.734000", "073008.750000", "073008.750000", "073008.750000", "073013.734000", "073013.781000", "073013.781000", "073013.781000", "073018.734000", "073018.750000", "073018.750000", "073023.734000", "073023.750000", "073023.750000", "073023.750000", "073028.734000", "073028.750000", "073028.750000", "073028.750000", "073033.734000", "073033.750000", "073033.750000", "073033.750000", "073038.734000", "073038.750000", "073038.750000", "073043.734000", "073043.750000", "073043.750000", "073043.750000", "073048.734000", "073048.750000", "073048.750000", "073048.750000", "073053.734000", "073053.750000", "073053.750000", "073053.750000", "073058.734000", "073058.750000", "073058.750000", "073103.734000", "073103.750000", "073103.750000", "073103.750000", "073108.734000", "073108.750000", "073108.750000", "073113.734000", "073113.750000", "073113.750000", "073113.750000", "073118.734000", "073118.750000", "073118.750000", "073118.750000", "073123.734000", "073123.750000", "073123.750000", "073123.750000", "073128.734000", "073128.750000", "073128.750000", "073133.734000", "073133.750000", "073133.750000", "073133.750000", "073138.734000", "073138.750000", "073138.750000", "073143.734000", "073143.750000", "073143.750000", "073143.765000", "073148.734000", "073148.750000", "073148.750000", "073148.750000", "073153.734000", "073153.750000", "073153.765000", "073153.765000", "073158.734000", "073158.750000", "073158.750000", "073158.750000", "073203.734000", "073203.750000", "073203.750000", "073208.734000", "073208.750000", "073208.750000", "073208.750000", "073213.734000", "073213.750000", "073213.750000", "073213.750000", "073218.734000", "073218.750000", "073218.750000", "073218.750000", "073223.734000", "073223.750000", "073223.750000", "073228.734000", "073228.750000", "073228.750000", "073228.750000", "073233.734000", "073233.750000", "073233.750000", "073233.750000", "073238.734000", "073238.750000", "073238.750000", "073243.734000", "073243.750000", "073243.750000", "073243.750000", "073248.734000", "073248.750000", "073248.750000", "073248.781000", "073253.734000", "073253.750000", "073253.765000", "073258.734000", "073258.750000", "073258.750000", "073258.750000", "073303.734000", "073303.750000", "073303.750000", "073303.750000", "073308.734000", "073308.750000", "073308.750000", "073313.734000", "073313.750000", "073313.750000", "073313.750000", "073318.734000", "073318.750000", "073318.750000", "073318.750000", "073323.734000", "073323.750000", "073323.750000", "073323.765000", "073328.734000", "073328.750000", "073328.750000", "073333.734000", "073333.750000", "073333.765000", "073333.765000", "073338.734000", "073338.750000", "073338.750000", "073338.750000", "073343.734000", "073343.750000", "073343.750000", "073343.781000", "073343.781000", "073348.734000", "073348.750000", "073348.750000", "073353.734000", "073353.750000", "073353.750000", "073358.734000", "073358.750000", "073358.750000", "073358.750000", "073403.734000", "073403.750000", "073403.750000", "073403.750000", "073408.734000", "073408.750000", "073408.765000", "073408.765000", "073413.734000", "073413.750000", "073413.750000", "073413.750000", "073418.734000", "073418.750000", "073418.750000", "073423.734000", "073423.750000", "073423.750000", "073423.750000", "073428.734000", "073428.750000", "073428.750000", "073428.765000", "073433.734000", "073433.750000", "073433.750000", "073433.750000", "073438.734000", "073438.750000", "073438.750000", "073443.734000", "073443.750000", "073443.750000", "073443.750000", "073448.734000", "073448.750000", "073448.750000", "073448.765000", "073453.734000", "073453.750000", "073453.750000", "073458.734000", "073458.750000", "073458.750000", "073458.750000", "073503.734000", "073503.750000", "073503.750000", "073508.734000", "073508.750000", "073508.750000", "073508.750000", "073513.734000", "073513.750000", "073513.750000", "073513.750000", "073518.734000", "073518.750000", "073518.750000", "073518.750000", "073523.734000", "073523.750000", "073523.750000", "073528.734000", "073528.750000", "073528.765000", "073528.765000", "073533.734000", "073533.750000", "073533.750000", "073538.734000", "073538.750000", "073538.750000", "073538.750000", "073543.734000", "073543.750000", "073543.750000", "073543.750000", "073548.734000", "073548.750000", "073548.750000", "073548.750000", "073553.734000", "073553.750000", "073553.750000", "073553.750000", "073558.734000", "073558.750000", "073558.750000", "073603.734000", "073603.750000", "073603.750000", "073603.750000", "073608.734000", "073608.750000", "073608.750000", "073608.750000", "073618.734000", "073618.750000", "073618.750000", "073618.750000", "073618.750000", "073618.765000", "073618.765000", "073618.765000", "073623.734000", "073623.750000", "073623.750000", "073628.734000", "073628.750000", "073628.750000", "073628.750000", "073633.734000", "073633.750000", "073633.750000", "073638.734000", "073638.750000", "073638.750000", "073638.750000", "073638.750000", "073643.734000", "073643.750000", "073643.750000", "073648.734000", "073648.750000", "073648.750000", "073648.750000", "073653.734000", "073653.750000", "073653.750000", "073653.750000", "073658.734000", "073658.750000", "073658.750000", "073658.750000", "073703.734000", "073703.750000", "073703.750000", "073708.734000", "073708.750000", "073708.750000", "073713.734000", "073713.750000", "073713.750000", "073713.750000", "073718.734000", "073718.750000", "073718.750000", "073718.765000", "073723.734000", "073723.750000", "073723.750000", "073723.750000", "073728.734000", "073728.750000", "073728.750000", "073733.734000", "073733.750000", "073733.750000", "073733.750000", "073738.734000", "073738.750000", "073738.750000", "073738.750000", "073743.734000", "073743.750000", "073743.750000", "073748.734000", "073748.750000", "073748.750000", "073748.750000", "073753.734000", "073753.750000", "073753.750000", "073753.750000", "073758.734000", "073758.750000", "073758.750000", "073758.750000", "073803.734000", "073803.750000", "073803.750000", "073803.750000", "073808.734000", "073808.750000", "073808.750000", "073813.734000", "073813.750000", "073813.750000", "073813.750000", "073818.734000", "073818.750000", "073818.750000", "073818.750000", "073823.734000", "073823.750000", "073823.750000", "073823.750000", "073828.734000", "073828.750000", "073828.750000", "073833.734000", "073833.750000", "073833.750000", "073833.750000", "073838.734000", "073838.750000", "073838.750000", "073838.750000", "073843.734000", "073843.750000", "073843.750000", "073848.734000", "073848.750000", "073848.750000", "073848.750000", "073853.734000", "073853.750000", "073853.750000", "073853.750000", "073858.734000", "073858.750000", "073858.750000", "073858.765000", "073903.734000", "073903.750000", "073903.750000", "073908.734000", "073908.750000", "073908.750000", "073908.750000", "073913.734000", "073913.750000", "073913.750000", "073913.750000", "073918.734000", "073918.750000", "073918.750000", "073918.765000", "073923.734000", "073923.750000", "073923.750000", "073923.750000", "073928.734000", "073928.750000", "073928.750000", "073928.750000", "073933.734000", "073933.750000", "073933.750000", "073933.750000", "073938.734000", "073938.750000", "073938.750000", "073943.734000", "073943.750000", "073943.750000", "073943.750000", "073943.750000", "073948.734000", "073948.750000", "073948.750000", "073953.734000", "073953.750000", "073953.750000", "073953.750000", "073958.734000", "073958.750000", "073958.750000", "073958.750000", "073958.765000", "074003.734000", "074003.750000", "074003.750000", "074008.734000", "074008.750000", "074008.750000", "074008.750000", "074008.765000", "074013.734000", "074013.750000", "074013.750000", "074013.750000", "074018.734000", "074018.750000", "074018.750000", "074023.734000", "074023.750000", "074023.750000", "074023.750000", "074028.734000", "074028.750000", "074028.750000", "074028.750000", "074033.734000", "074033.750000", "074033.750000", "074033.750000", "074038.734000", "074038.750000", "074038.750000", "074038.750000", "074043.734000", "074043.750000", "074043.750000", "074043.750000", "074048.734000", "074048.750000", "074048.750000", "074048.750000", "074053.734000", "074053.750000", "074053.750000", "074053.750000", "074058.734000", "074058.750000", "074058.750000", "074103.734000", "074103.750000", "074103.750000", "074103.750000", "074108.734000", "074108.750000", "074108.750000", "074108.750000", "074113.734000", "074113.750000", "074113.750000", "074118.734000", "074118.750000", "074118.750000", "074118.750000", "074120.500000", "074120.500000"], "InstanceNumber": [1, 2, 3, 4, 5, 6, 7, 8, 9, 10, 11, 12, 13, 14, 15, 16, 17, 18, 19, 20, 21, 22, 23, 24, 25, 26, 27, 28, 29, 30, 31, 32, 33, 34, 35, 36, 37, 38, 39, 40, 41, 42, 43, 44, 45, 46, 47, 48, 49, 50, 51, 52, 53, 54, 55, 56, 57, 58, 59, 60, 61, 62, 63, 64, 65, 66, 67, 68, 69, 70, 71, 72, 73, 74, 75, 76, 77, 78, 79, 80, 81, 82, 83, 84, 85, 86, 87, 88, 89, 90, 91, 92, 93, 94, 95, 96, 97, 98, 99, 100, 101, 102, 103, 104, 105, 106, 107, 108, 109, 110, 111, 112, 113, 114, 115, 116, 117, 118, 119, 120, 121, 122, 123, 124, 125, 126, 127, 128, 129, 130, 131, 132, 133, 134, 135, 136, 137, 138, 139, 140, 141, 142, 143, 144, 145, 146, 147, 148, 149, 150, 151, 152, 153, 154, 155, 156, 157, 158, 159, 160, 161, 162, 163, 164, 165, 166, 167, 168, 169, 170, 171, 172, 173, 174, 175, 176, 177, 178, 179, 180, 181, 182, 183, 184, 185, 186, 187, 188, 189, 190, 191, 192, 193, 194, 195, 196, 197, 198, 199, 200, 201, 202, 203, 204, 205, 206, 207, 208, 209, 210, 211, 212, 213, 214, 215, 216, 217, 218, 219, 220, 221, 222, 223, 224, 225, 226, 227, 228, 229, 230, 231, 232, 233, 234, 235, 236, 237, 238, 239, 240, 241, 242, 243, 244, 245, 246, 247, 248, 249, 250, 251, 252, 253, 254, 255, 256, 257, 258, 259, 260, 261, 262, 263, 264, 265, 266, 267, 268, 269, 270, 271, 272, 273, 274, 275, 276, 277, 278, 279, 280, 281, 282, 283, 284, 285, 286, 287, 288, 289, 290, 291, 292, 293, 294, 295, 296, 297, 298, 299, 300, 301, 302, 303, 304, 305, 306, 307, 308, 309, 310, 311, 312, 313, 314, 315, 316, 317, 318, 319, 320, 321, 322, 323, 324, 325, 326, 327, 328, 329, 330, 331, 332, 333, 334, 335, 336, 337, 338, 339, 340, 341, 342, 343, 344, 345, 346, 347, 348, 349, 350, 351, 352, 353, 354, 355, 356, 357, 358, 359, 360, 361, 362, 363, 364, 365, 366, 367, 368, 369, 370, 371, 372, 373, 374, 375, 376, 377, 378, 379, 380, 381, 382, 383, 384, 385, 386, 387, 388, 389, 390, 391, 392, 393, 394, 395, 396, 397, 398, 399, 400, 401, 402, 403, 404, 405, 406, 407, 408, 409, 410, 411, 412, 413, 414, 415, 416, 417, 418, 419, 420, 421, 422, 423, 424, 425, 426, 427, 428, 429, 430, 431, 432, 433, 434, 435, 436, 437, 438, 439, 440, 441, 442, 443, 444, 445, 446, 447, 448, 449, 450, 451, 452, 453, 454, 455, 456, 457, 458, 459, 460, 461, 462, 463, 464, 465, 466, 467, 468, 469, 470, 471, 472, 473, 474, 475, 476, 477, 478, 479, 480, 481, 482, 483, 484, 485, 486, 487, 488, 489, 490, 491, 492, 493, 494, 495, 496, 497, 498, 499, 500, 501, 502, 503, 504, 505, 506, 507, 508, 509, 510, 511, 512, 513, 514, 515, 516, 517, 518], "LargestImagePixelValue": [31717, 28122, 31721, 27830, 27609, 29300, 35097, 27501, 28105, 34402, 27652, 29045, 32126, 27583, 28654, 30892, 27474, 35413, 27802, 27659, 30771, 27479, 27545, 27673, 27517, 37961, 31295, 27544, 28672, 34712, 27320, 33680, 27432, 28969, 33904, 30218, 27542, 33417, 27647, 31711, 30269, 27708, 32994, 30632, 27814, 34249, 27355, 27640, 31314, 27707, 30505, 34353, 27439, 28502, 34507, 27492, 32379, 27705, 27641, 28017, 34772, 27573, 30643, 27635, 28207, 33293, 31716, 27672, 35454, 27573, 29480, 29055, 27518, 31899, 34141, 27509, 33538, 27590, 29624, 27708, 29456, 27583, 31056, 34604, 27621, 29261, 33863, 27665, 32066, 27553, 34007, 28086, 27469, 29222, 27641, 35481, 27396, 29826, 34550, 27746, 30281, 27684, 27516, 31429, 28017, 27586, 31969, 27930, 27685, 33874, 27682, 27556, 34303, 30095, 28026, 37372, 27471, 29458, 34899, 27663, 31442, 29092, 27364, 30896, 34501, 27673, 28001, 29422, 27439, 32456, 27785, 27383, 29770, 32117, 27193, 31483, 27843, 27488, 29444, 37737, 32511, 27345, 33194, 28379, 27696, 34704, 27651, 27507, 34339, 33317, 27785, 32100, 34289, 27987, 27700, 30409, 34239, 27620, 27540, 28658, 34326, 27439, 27371, 29689, 34141, 30699, 27840, 33203, 27965, 27578, 31333, 35119, 27362, 30805, 33289, 28923, 27685, 28140, 27504, 31980, 27373, 27551, 30765, 35077, 27670, 36292, 30555, 27483, 32279, 27673, 33804, 27669, 27890, 34579, 27771, 28634, 27369, 35652, 27460, 27690, 34814, 29431, 27393, 31965, 27666, 30874, 27499, 30577, 32683, 27694, 36081, 27550, 30690, 27639, 27668, 34531, 27584, 33737, 27519, 33640, 27650, 27527, 31977, 27486, 27232, 27677, 34105, 27639, 30423, 27816, 27589, 35414, 27564, 30746, 27507, 27865, 28692, 27563, 31818, 35342, 27426, 34231, 27494, 28338, 32660, 27638, 35504, 27599, 28095, 31356, 27535, 29628, 27497, 31104, 27401, 27442, 33597, 27902, 27608, 36572, 27335, 30551, 31525, 27508, 30320, 33901, 27380, 29598, 27415, 29695, 34711, 27558, 34911, 27253, 28840, 35493, 27891, 32005, 27288, 28263, 35203, 29348, 28822, 35563, 27552, 31068, 35453, 27783, 27597, 30978, 27667, 32989, 27629, 28045, 29637, 27486, 27586, 27273, 33265, 27322, 30792, 27583, 30945, 33274, 27431, 36204, 27429, 29023, 30278, 27700, 35672, 27451, 27408, 32233, 35563, 27627, 30095, 27235, 27437, 28862, 34923, 27615, 28683, 34721, 28113, 28313, 30006, 32841, 27239, 30547, 27620, 27748, 33998, 27449, 27313, 34210, 27682, 27708, 33599, 27213, 31590, 27492, 27362, 27455, 33127, 27554, 29743, 28854, 27571, 27375, 33600, 27604, 31582, 27655, 27582, 29117, 35934, 27815, 32105, 30078, 27450, 30738, 35095, 27468, 31762, 27723, 27434, 32259, 27549, 27867, 35187, 27332, 33309, 27515, 27427, 30006, 27369, 27384, 27409, 27550, 27610, 34480, 27453, 27365, 28735, 27631, 27262, 30296, 33832, 27362, 30285, 33537, 27809, 27469, 33539, 27530, 27315, 27648, 34736, 27484, 27530, 29852, 33585, 29244, 27463, 31863, 27602, 27637, 27595, 30860, 33031, 36550, 29209, 27546, 32352, 30758, 27392, 29318, 27895, 27794, 36143, 27398, 27367, 31336, 32116, 27668, 34457, 27254, 27445, 33678, 27640, 29242, 30669, 27506, 33599, 27334, 27388, 34997, 27275, 27279, 30141, 27337, 27606, 36139, 27396, 28137, 32403, 27868, 27869, 33726, 27477, 27399, 30560, 27502, 30400, 27576, 27694, 31576, 30975, 27537, 33964, 27490, 31613, 27594, 28541, 29631, 27788, 35347, 27676, 27314, 27441, 27519, 27843, 27362, 32849, 27712, 28936, 27506, 27638, 29403, 28918, 34662, 27532, 27865, 27895, 27427, 27630, 27648, 28325, 34653, 27657, 30602, 34060, 27667, 30169, 32559, 27753, 32877, 27490, 27682, 31105, 34293, 27515, 28327, 29601, 27691, 27558, 31567, 30333, 27570, 33967, 27761, 27732, 27773, 29099, 34201, 27595, 27561], "WindowCenter": [10210.0, 10198.0, 10222.0, 10196.0, 10179.0, 10192.0, 10210.0, 10168.0, 10183.0, 10209.0, 10180.0, 10181.0, 10193.0, 10167.0, 10176.0, 10192.0, 10171.0, 10219.0, 10182.0, 10175.0, 10173.0, 10171.0, 10176.0, 10183.0, 10201.0, 10221.0, 10193.0, 10164.0, 10170.0, 10178.0, 10176.0, 10192.0, 10188.0, 10189.0, 10195.0, 10167.0, 10162.0, 10182.0, 10163.0, 10187.0, 10188.0, 10158.0, 10173.0, 10158.0, 10155.0, 10196.0, 10180.0, 10176.0, 10194.0, 10179.0, 10195.0, 10201.0, 10175.0, 10176.0, 10189.0, 10180.0, 10198.0, 10180.0, 10177.0, 10174.0, 10183.0, 10174.0, 10195.0, 10183.0, 10192.0, 10187.0, 10178.0, 10164.0, 10189.0, 10189.0, 10195.0, 10175.0, 10174.0, 10190.0, 10196.0, 10184.0, 10195.0, 10157.0, 10180.0, 10195.0, 10194.0, 10188.0, 10193.0, 10209.0, 10175.0, 10183.0, 10195.0, 10166.0, 10197.0, 10177.0, 10198.0, 10171.0, 10174.0, 10179.0, 10176.0, 10204.0, 10186.0, 10198.0, 10190.0, 10164.0, 10175.0, 10176.0, 10187.0, 10191.0, 10189.0, 10176.0, 10187.0, 10178.0, 10168.0, 10195.0, 10186.0, 10177.0, 10210.0, 10176.0, 10162.0, 10193.0, 10174.0, 10180.0, 10196.0, 10173.0, 10187.0, 10166.0, 10187.0, 10173.0, 10175.0, 10152.0, 10173.0, 10186.0, 10184.0, 10207.0, 10178.0, 10173.0, 10171.0, 10203.0, 10174.0, 10214.0, 10193.0, 10182.0, 10192.0, 10209.0, 10197.0, 10175.0, 10192.0, 10177.0, 10174.0, 10208.0, 10188.0, 10187.0, 10204.0, 10188.0, 10173.0, 10175.0, 10174.0, 10148.0, 10147.0, 10159.0, 10184.0, 10143.0, 10161.0, 10169.0, 10196.0, 10175.0, 10171.0, 10184.0, 10197.0, 10173.0, 10163.0, 10201.0, 10162.0, 10177.0, 10195.0, 10190.0, 10171.0, 10184.0, 10192.0, 10172.0, 10181.0, 10182.0, 10196.0, 10211.0, 10199.0, 10197.0, 10203.0, 10211.0, 10177.0, 10201.0, 10172.0, 10134.0, 10168.0, 10152.0, 10177.0, 10175.0, 10166.0, 10190.0, 10163.0, 10172.0, 10170.0, 10193.0, 10169.0, 10170.0, 10180.0, 10146.0, 10155.0, 10176.0, 10157.0, 10179.0, 10163.0, 10174.0, 10162.0, 10165.0, 10191.0, 10173.0, 10180.0, 10180.0, 10176.0, 10190.0, 10181.0, 10186.0, 10163.0, 10196.0, 10165.0, 10158.0, 10169.0, 10166.0, 10167.0, 10163.0, 10196.0, 10176.0, 10175.0, 10182.0, 10181.0, 10210.0, 10164.0, 10182.0, 10179.0, 10179.0, 10196.0, 10178.0, 10200.0, 10189.0, 10172.0, 10189.0, 10167.0, 10163.0, 10174.0, 10152.0, 10192.0, 10138.0, 10164.0, 10177.0, 10165.0, 10169.0, 10175.0, 10187.0, 10196.0, 10189.0, 10195.0, 10160.0, 10171.0, 10208.0, 10158.0, 10174.0, 10196.0, 10154.0, 10168.0, 10182.0, 10160.0, 10188.0, 10169.0, 10165.0, 10176.0, 10159.0, 10190.0, 10165.0, 10166.0, 10178.0, 10145.0, 10178.0, 10184.0, 10189.0, 10195.0, 10161.0, 10144.0, 10196.0, 10152.0, 10175.0, 10166.0, 10137.0, 10148.0, 10156.0, 10146.0, 10171.0, 10144.0, 10153.0, 10151.0, 10144.0, 10161.0, 10169.0, 10174.0, 10155.0, 10182.0, 10181.0, 10173.0, 10182.0, 10158.0, 10187.0, 10152.0, 10153.0, 10157.0, 10168.0, 10187.0, 10174.0, 10166.0, 10177.0, 10185.0, 10143.0, 10166.0, 10160.0, 10174.0, 10172.0, 10183.0, 10157.0, 10168.0, 10179.0, 10155.0, 10145.0, 10152.0, 10166.0, 10152.0, 10165.0, 10164.0, 10156.0, 10185.0, 10165.0, 10157.0, 10180.0, 10152.0, 10142.0, 10163.0, 10148.0, 10174.0, 10171.0, 10145.0, 10150.0, 10165.0, 10151.0, 10166.0, 10156.0, 10155.0, 10157.0, 10174.0, 10152.0, 10182.0, 10163.0, 10178.0, 10165.0, 10182.0, 10145.0, 10172.0, 10166.0, 10150.0, 10148.0, 10174.0, 10130.0, 10164.0, 10145.0, 10147.0, 10164.0, 10152.0, 10161.0, 10176.0, 10155.0, 10177.0, 10133.0, 10130.0, 10148.0, 10139.0, 10154.0, 10164.0, 10157.0, 10146.0, 10176.0, 10141.0, 10157.0, 10184.0, 10162.0, 10154.0, 10163.0, 10178.0, 10150.0, 10171.0, 10183.0, 10152.0, 10142.0, 10171.0, 10147.0, 10145.0, 10150.0, 10178.0, 10156.0, 10164.0, 10164.0, 10150.0, 10148.0, 10147.0, 10163.0, 10151.0, 10166.0, 10140.0, 10157.0, 10156.0, 10167.0, 10143.0, 10139.0, 10159.0, 10148.0, 10115.0, 10145.0, 10141.0, 10147.0, 10175.0, 10148.0, 10143.0, 10154.0, 10157.0, 10141.0, 10176.0, 10149.0, 10158.0, 10168.0, 10151.0, 10148.0, 10168.0, 10156.0, 10178.0, 10142.0, 10151.0, 10180.0, 10163.0, 10151.0, 10164.0, 10150.0, 10154.0, 10184.0, 10157.0, 10164.0, 10171.0, 10145.0, 10149.0, 10157.0, 10148.0, 10140.0, 10167.0, 10165.0, 10178.0, 10161.0, 10158.0, 10180.0, 10155.0, 10149.0, 10172.0, 10155.0, 10154.0, 10161.0, 10144.0, 10124.0, 10143.0, 10157.0, 10126.0, 10140.0, 10124.0, 10127.0, 10141.0, 10141.0, 10177.0, 10149.0, 10155.0, 10141.0, 10150.0, 10147.0, 10152.0, 10166.0, 10121.0, 10135.0, 10146.0, 10149.0, 10165.0, 10158.0, 10158.0, 10176.0, 10156.0, 10164.0, 10169.0, 10151.0, 10162.0, 10164.0, 10144.0, 10154.0, 10147.0, 10134.0, 10154.0, 10159.0, 10138.0, 10140.0, 10163.0, 10171.0, 10147.0, 10154.0, 10144.0, 10141.0, 10184.0, 10156.0, 10152.0, 10135.0, 10147.0, 10163.0, 10128.0, 10135.0], "WindowWidth": [21735.0, 21710.0, 21756.0, 21699.0, 21660.0, 21680.0, 21721.0, 21638.0, 21667.0, 21722.0, 21661.0, 21657.0, 21680.0, 21629.0, 21647.0, 21682.0, 21644.0, 21733.0, 21659.0, 21642.0, 21636.0, 21635.0, 21650.0, 21673.0, 21706.0, 21743.0, 21681.0, 21619.0, 21632.0, 21653.0, 21647.0, 21684.0, 21679.0, 21676.0, 21683.0, 21626.0, 21614.0, 21657.0, 21623.0, 21671.0, 21674.0, 21605.0, 21636.0, 21603.0, 21604.0, 21685.0, 21654.0, 21652.0, 21682.0, 21658.0, 21685.0, 21698.0, 21647.0, 21646.0, 21676.0, 21658.0, 21690.0, 21655.0, 21647.0, 21637.0, 21658.0, 21645.0, 21684.0, 21661.0, 21678.0, 21670.0, 21649.0, 21623.0, 21675.0, 21673.0, 21690.0, 21652.0, 21646.0, 21678.0, 21686.0, 21660.0, 21687.0, 21612.0, 21653.0, 21685.0, 21693.0, 21680.0, 21688.0, 21717.0, 21644.0, 21655.0, 21685.0, 21628.0, 21688.0, 21651.0, 21693.0, 21636.0, 21641.0, 21657.0, 21653.0, 21706.0, 21667.0, 21688.0, 21670.0, 21619.0, 21640.0, 21645.0, 21670.0, 21679.0, 21673.0, 21644.0, 21670.0, 21651.0, 21630.0, 21689.0, 21666.0, 21649.0, 21716.0, 21646.0, 21616.0, 21678.0, 21641.0, 21655.0, 21685.0, 21643.0, 21668.0, 21628.0, 21662.0, 21636.0, 21640.0, 21592.0, 21637.0, 21669.0, 21662.0, 21710.0, 21651.0, 21635.0, 21637.0, 21698.0, 21646.0, 21728.0, 21684.0, 21657.0, 21675.0, 21711.0, 21685.0, 21639.0, 21675.0, 21643.0, 21638.0, 21710.0, 21670.0, 21666.0, 21700.0, 21667.0, 21632.0, 21637.0, 21637.0, 21587.0, 21581.0, 21605.0, 21651.0, 21575.0, 21607.0, 21628.0, 21682.0, 21644.0, 21636.0, 21662.0, 21686.0, 21637.0, 21616.0, 21691.0, 21618.0, 21643.0, 21680.0, 21671.0, 21633.0, 21661.0, 21676.0, 21638.0, 21655.0, 21662.0, 21694.0, 21727.0, 21699.0, 21693.0, 21705.0, 21723.0, 21648.0, 21695.0, 21630.0, 21556.0, 21619.0, 21594.0, 21640.0, 21639.0, 21625.0, 21666.0, 21613.0, 21632.0, 21631.0, 21678.0, 21628.0, 21627.0, 21645.0, 21579.0, 21592.0, 21641.0, 21600.0, 21644.0, 21615.0, 21635.0, 21613.0, 21619.0, 21670.0, 21633.0, 21648.0, 21648.0, 21640.0, 21670.0, 21656.0, 21665.0, 21617.0, 21679.0, 21616.0, 21600.0, 21628.0, 21617.0, 21626.0, 21621.0, 21680.0, 21642.0, 21640.0, 21654.0, 21652.0, 21709.0, 21618.0, 21654.0, 21645.0, 21650.0, 21685.0, 21644.0, 21685.0, 21664.0, 21628.0, 21665.0, 21617.0, 21608.0, 21631.0, 21591.0, 21669.0, 21560.0, 21609.0, 21635.0, 21611.0, 21621.0, 21640.0, 21661.0, 21683.0, 21667.0, 21678.0, 21609.0, 21631.0, 21711.0, 21610.0, 21639.0, 21677.0, 21592.0, 21618.0, 21654.0, 21608.0, 21663.0, 21628.0, 21619.0, 21644.0, 21608.0, 21669.0, 21620.0, 21617.0, 21638.0, 21577.0, 21639.0, 21653.0, 21669.0, 21680.0, 21611.0, 21572.0, 21674.0, 21589.0, 21629.0, 21611.0, 21553.0, 21573.0, 21591.0, 21571.0, 21617.0, 21567.0, 21587.0, 21579.0, 21565.0, 21606.0, 21618.0, 21629.0, 21595.0, 21650.0, 21647.0, 21638.0, 21648.0, 21597.0, 21657.0, 21586.0, 21584.0, 21596.0, 21625.0, 21661.0, 21634.0, 21621.0, 21640.0, 21655.0, 21572.0, 21610.0, 21604.0, 21633.0, 21629.0, 21650.0, 21603.0, 21616.0, 21639.0, 21590.0, 21568.0, 21582.0, 21612.0, 21582.0, 21614.0, 21617.0, 21598.0, 21654.0, 21611.0, 21596.0, 21642.0, 21585.0, 21559.0, 21606.0, 21574.0, 21627.0, 21620.0, 21568.0, 21576.0, 21610.0, 21582.0, 21608.0, 21592.0, 21590.0, 21590.0, 21627.0, 21587.0, 21646.0, 21617.0, 21640.0, 21615.0, 21654.0, 21576.0, 21624.0, 21612.0, 21579.0, 21576.0, 21627.0, 21539.0, 21608.0, 21575.0, 21574.0, 21604.0, 21582.0, 21601.0, 21631.0, 21586.0, 21634.0, 21547.0, 21536.0, 21573.0, 21558.0, 21584.0, 21607.0, 21594.0, 21571.0, 21634.0, 21568.0, 21598.0, 21653.0, 21610.0, 21587.0, 21608.0, 21638.0, 21581.0, 21621.0, 21648.0, 21586.0, 21561.0, 21617.0, 21571.0, 21569.0, 21582.0, 21634.0, 21589.0, 21606.0, 21606.0, 21579.0, 21575.0, 21573.0, 21602.0, 21579.0, 21606.0, 21555.0, 21584.0, 21587.0, 21615.0, 21560.0, 21549.0, 21588.0, 21567.0, 21504.0, 21559.0, 21559.0, 21578.0, 21630.0, 21573.0, 21563.0, 21582.0, 21587.0, 21563.0, 21627.0, 21576.0, 21594.0, 21615.0, 21587.0, 21578.0, 21614.0, 21592.0, 21639.0, 21565.0, 21582.0, 21644.0, 21603.0, 21581.0, 21609.0, 21582.0, 21590.0, 21646.0, 21593.0, 21610.0, 21620.0, 21567.0, 21573.0, 21587.0, 21570.0, 21559.0, 21613.0, 21618.0, 21642.0, 21607.0, 21602.0, 21641.0, 21593.0, 21576.0, 21629.0, 21590.0, 21589.0, 21599.0, 21563.0, 21525.0, 21561.0, 21586.0, 21525.0, 21550.0, 21520.0, 21525.0, 21557.0, 21554.0, 21626.0, 21577.0, 21585.0, 21558.0, 21575.0, 21567.0, 21579.0, 21605.0, 21516.0, 21539.0, 21571.0, 21575.0, 21609.0, 21599.0, 21597.0, 21630.0, 21592.0, 21606.0, 21614.0, 21576.0, 21597.0, 21599.0, 21564.0, 21581.0, 21565.0, 21546.0, 21580.0, 21591.0, 21555.0, 21555.0, 21598.0, 21616.0, 21569.0, 21583.0, 21564.0, 21554.0, 21642.0, 21588.0, 21575.0, 21542.0, 21567.0, 21601.0, 21531.0, 21539.0]}, "slices": {}}}