{
    "AcquisitionMatrixPE": 96,
    "AcquisitionNumber": 1,
    "AcquisitionTime": "07:40:25.705000",
    "BandwidthPerPixelPhaseEncode": 33.602,
    "BaseResolution": 96,
    "BodyPartExamined": "BRAIN",
    "ConsistencyInfo": "N4_VD11D_LATEST_20110129",
    "ConversionSoftware": "dcm2niix",
    "ConversionSoftwareVersion": "v1.0.20210317",
    "DerivedVendorReportedEchoSpacing": 0.000620003,
    "DeviceSerialNumber": "45239",
    "DwellTime": 2.6e-06,
    "EchoTime": 0.03,
    "EchoTrainLength": 48,
    "EffectiveEchoSpacing": 0.000310001,
    "FlipAngle": 63,
    "ImageComments": "Unaliased MB4/PE3",
    "ImageOrientationPatientDICOM": [
        0.999916,
        0.0113971,
        -0.0062139,
        -0.012981,
        0.877909,
        -0.478652
    ],
    "ImageType": [
        "ORIGINAL",
        "PRIMARY",
        "M",
        "ND",
        "NORM",
        "MOSAIC"
    ],
    "ImagingFrequency": 123.193,
    "InPlanePhaseEncodingDirectionDICOM": "COL",
    "InstitutionAddress": "E 24th St. 100,Austin,Southmiddle,US,78712",
    "InstitutionName": "Univ of Texas at Austin",
    "InstitutionalDepartmentName": "IRC",
    "MRAcquisitionType": "2D",
    "MagneticFieldStrength": 3,
    "Manufacturer": "Siemens",
    "ManufacturersModelName": "Skyra",
    "Modality": "MR",
    "MultibandAccelerationFactor": 4,
    "ParallelReductionFactorInPlane": 2,
    "PartialFourier": 1,
    "PatientPosition": "HFS",
    "PercentPhaseFOV": 100,
    "PercentSampling": 100,
    "PhaseEncodingDirection": "j-",
    "PhaseEncodingSteps": 96,
    "PhaseResolution": 1,
    "PixelBandwidth": 2005,
    "ProcedureStepDescription": "Poldrack2^self-scanning",
    "ProtocolName": "dots_motion",
    "PulseSequenceDetails": "%CustomerSeq%\\cmrr_mbep2d_bold",
    "ReceiveCoilActiveElements": "HEA;HEP",
    "ReceiveCoilName": "Head_32",
    "ReconMatrixPE": 96,
    "RefLinesPE": 94,
    "RepetitionTime": 1.16,
    "SAR": 0.103496,
    "ScanOptions": "FS",
    "ScanningSequence": "EP",
    "SequenceName": "epfid2d1_96",
    "SequenceVariant": "SK",
    "SeriesDescription": "dots_motion",
    "SeriesNumber": 8,
    "ShimSetting": [
        -2789,
        8037,
        -15376,
        160,
        -167,
        76,
        294,
        -45
    ],
    "SliceThickness": 2,
    "SliceTiming": [
        0,
        0.5,
        0.9975,
        0.3575,
        0.855,
        0.215,
        0.7125,
        0.0725,
        0.57,
        1.07,
        0.4275,
        0.9275,
        0.285,
        0.785,
        0.1425,
        0.6425,
        0,
        0.5,
        0.9975,
        0.3575,
        0.855,
        0.215,
        0.7125,
        0.0725,
        0.57,
        1.07,
        0.4275,
        0.9275,
        0.285,
        0.785,
        0.1425,
        0.6425,
        0,
        0.5,
        0.9975,
        0.3575,
        0.855,
        0.215,
        0.7125,
        0.0725,
        0.57,
        1.07,
        0.4275,
        0.9275,
        0.285,
        0.785,
        0.1425,
        0.6425,
        0,
        0.5,
        0.9975,
        0.3575,
        0.855,
        0.215,
        0.7125,
        0.0725,
        0.57,
        1.07,
        0.4275,
        0.9275,
        0.285,
        0.785,
        0.1425,
        0.6425
    ],
    "SoftwareVersions": "syngo MR D11",
    "SpacingBetweenSlices": 2.4,
    "StationName": "AWP45239",
    "TaskName": "Dot motion stop-signal task",
    "TotalReadoutTime": 0.0294501,
    "TxRefAmp": 346.197,
    "WipMemBlock": "a0cfb31f-41bb-48b4-b100-b4dbf23453bd||Sequence: VD11D r206; Feb 13 2013 18:52:04 by eja",
    "dcmmeta_affine": [
        [
            -2.3956313133239746,
            -0.031100327149033546,
            -7.353401776377666e-10,
            121.20291137695312
        ],
        [
            -0.02730555832386017,
            2.103323459625244,
            -1.1488604545593262,
            -90.57201385498047
        ],
        [
            -0.014887474477291107,
            1.1467692852020264,
            2.10715913772583,
            -69.6666259765625
        ],
        [
            0.0,
            0.0,
            0.0,
            1.0
        ]
    ],
    "dcmmeta_reorient_transform": [
        [
            0.0,
            -1.0,
            0.0,
            95.0
        ],
        [
            1.0,
            0.0,
            0.0,
            0.0
        ],
        [
            0.0,
            0.0,
            1.0,
            0.0
        ],
        [
            0.0,
            0.0,
            0.0,
            1.0
        ]
    ],
    "dcmmeta_shape": [
        96,
        96,
        64,
        372
    ],
    "dcmmeta_slice_dim": 2,
    "dcmmeta_version": 0.6,
    "global": {
        "const": {
            "AcquisitionMatrix": [
                96,
                0,
                0,
                96
            ],
            "AngioFlag": "N",
            "BitsAllocated": 16,
            "BitsStored": 16,
            "BodyPartExamined": "BRAIN",
            "Columns": 768,
            "EchoNumbers": 1,
            "EchoTime": 30.0,
            "EchoTrainLength": 48,
            "FlipAngle": 63.0,
            "HighBit": 15,
            "ImageOrientationPatient": [
                0.99991574318355,
                0.01139710260957,
                -0.0062139026218,
                -0.0129810066515,
                0.87790899262332,
                -0.4786515372768
            ],
            "ImagePositionPatient": [
                -912.73081393091,
                -825.13510409158,
                429.59311762889
            ],
            "ImageType": [
                "ORIGINAL",
                "PRIMARY",
                "M",
                "ND",
                "NORM",
                "MOSAIC"
            ],
            "ImagedNucleus": "1H",
            "ImagingFrequency": 123.193156,
            "InPlanePhaseEncodingDirection": "COL",
            "MRAcquisitionType": "2D",
            "MagneticFieldStrength": 3.0,
            "Manufacturer": "SIEMENS",
            "ManufacturerModelName": "Skyra",
            "Modality": "MR",
            "NumberOfAverages": 1.0,
            "NumberOfPhaseEncodingSteps": 96,
            "PercentPhaseFieldOfView": 100.0,
            "PercentSampling": 100.0,
            "PerformedProcedureStepStartTime": "071931.312000",
            "PhotometricInterpretation": "MONOCHROME2",
            "PixelBandwidth": 2005.0,
            "PixelRepresentation": 0,
            "PixelSpacing": [
                2.3958332538605,
                2.3958332538605
            ],
            "ProtocolName": "dots_motion",
            "RepetitionTime": 1160.0,
            "Rows": 768,
            "SAR": 0.1034959765574,
            "SamplesPerPixel": 1,
            "ScanOptions": "FS",
            "ScanningSequence": "EP",
            "SequenceName": "epfid2d1_96",
            "SequenceVariant": "SK",
            "SeriesDescription": "dots_motion",
            "SeriesNumber": 8,
            "SeriesTime": "074137.484000",
            "SliceLocation": -17.810025798384,
            "SliceThickness": 2.0,
            "SmallestImagePixelValue": 0,
            "SoftwareVersions": "syngo MR D11",
            "SpacingBetweenSlices": 2.3999999822586,
            "SpecificCharacterSet": "ISO_IR 100",
            "StudyID": "1",
            "StudyTime": "071931.281000",
            "TransmitCoilName": "Body",
            "VariableFlipAngleFlag": "N",
            "WindowCenterWidthExplanation": "Algo1",
            "dBdt": 0.0
        },
