{"AcquisitionMatrixPE": 96, "AcquisitionNumber": 1, "AcquisitionTime": "07:19:30.955000", "BandwidthPerPixelPhaseEncode": 33.602, "BaseResolution": 96, "BodyPartExamined": "BRAIN", "ConsistencyInfo": "N4_VD11D_LATEST_20110129", "ConversionSoftware": "dcm2niix", "ConversionSoftwareVersion": "v1.0.20210317", "DerivedVendorReportedEchoSpacing": 0.000620003, "DeviceSerialNumber": "45239", "DwellTime": 2.6e-06, "EchoTime": 0.036, "EchoTrainLength": 48, "EffectiveEchoSpacing": 0.000310001, "FlipAngle": 90, "ImageOrientationPatientDICOM": [0.998221, 0.0247416, 0.0542428, 0.00609792, 0.862681, -0.505712], "ImageType": ["ORIGINAL", "PRIMARY", "M", "ND", "NORM", "MOSAIC"], "ImagingFrequency": 123.193, "InPlanePhaseEncodingDirectionDICOM": "COL", "InstitutionAddress": "E 24th St. 100,Austin,Southmiddle,US,78712", "InstitutionName": "Univ of Texas at Austin", "InstitutionalDepartmentName": "IRC", "MRAcquisitionType": "2D", "MagneticFieldStrength": 3, "Manufacturer": "Siemens", "ManufacturersModelName": "Skyra", "Modality": "MR", "ParallelReductionFactorInPlane": 2, "PartialFourier": 1, "PatientPosition": "HFS", "PercentPhaseFOV": 100, "PercentSampling": 100, "PhaseEncodingDirection": "j", "PhaseEncodingSteps": 96, "PhaseResolution": 1, "PixelBandwidth": 2005, "ProcedureStepDescription": "Poldrack2^self-scanning", "ProtocolName": "MB-SE_FieldMap_P-A", "PulseSequenceDetails": "%CustomerSeq%\\cmrr_mbep2d_se", "ReceiveCoilActiveElements": "HEA;HEP", "ReceiveCoilName": "Head_32", "ReconMatrixPE": 96, "RefLinesPE": 48, "RepetitionTime": 4.55, "SAR": 0.377615, "ScanOptions": "FS", "ScanningSequence": "EP", "SequenceName": "epse2d1_96", "SequenceVariant": "SK", "SeriesDescription": "MB-SE_FieldMap_P-A", "SeriesNumber": 7, "ShimSetting": [-2780, 8024, -15461, 221, -228, 105, 231, -137], "SliceThickness": 2, "SliceTiming": [2.2725, 0, 2.34, 0.065, 2.4075, 0.1325, 2.475, 0.2, 2.54, 0.2675, 2.6075, 0.3325, 2.675, 0.4, 2.7425, 0.4675, 2.8075, 0.535, 2.875, 0.6, 2.9425, 0.6675, 3.01, 0.735, 3.0775, 0.8025, 3.1425, 0.8675, 3.21, 0.935, 3.2775, 1.0025, 3.345, 1.07, 3.41, 1.135, 3.4775, 1.2025, 3.545, 1.27, 3.6125, 1.3375, 3.6775, 1.405, 3.745, 1.47, 3.8125, 1.5375, 3.88, 1.605, 3.945, 1.6725, 4.0125, 1.7375, 4.08, 1.805, 4.1475, 1.8725, 4.2125, 1.94, 4.28, 2.005, 4.3475, 2.0725, 4.415, 2.14, 4.48, 2.2075], "SoftwareVersions": "syngo MR D11", "SpacingBetweenSlices": 2.4, "StationName": "AWP45239", "TotalReadoutTime": 0.0294501, "TxRefAmp": 343.523, "WipMemBlock": "4d3b83ee-40af-4c5b-bf34-1668a4cee1b8||Sequence: VD11D r154; May 23 2012 22:29:07 by eja", "dcmmeta_affine": [[-2.391571521759033, 0.014609605073928833, 0.1423352211713791, 111.4780044555664], [-0.05927683413028717, 2.0668396949768066, -1.2123433351516724, -66.3192138671875], [0.12995663285255432, 1.2116012573242188, 2.0663890838623047, -90.14732360839844], [0.0, 0.0, 0.0, 1.0]], "dcmmeta_reorient_transform": [[0.0, -1.0, 0.0, 95.0], [1.0, 0.0, 0.0, 0.0], [0.0, 0.0, 1.0, 0.0], [0.0, 0.0, 0.0, 1.0]], "dcmmeta_shape": [96, 96, 68, 5], "dcmmeta_slice_dim": 2, "dcmmeta_version": 0.6, "global": {"const": {"AcquisitionMatrix": [96, 0, 0, 96], "AngioFlag": "N", "BitsAllocated": 16, "BitsStored": 16, "BodyPartExamined": "BRAIN", "Columns": 864, "EchoNumbers": 1, "EchoTime": 36.0, "EchoTrainLength": 48, "FlipAngle": 90.0, "HighBit": 15, "ImageOrientationPatient": [0.9982212045004, 0.02474163650398, 0.05424277195049, 0.0060979224167, 0.86268090091946, -0.5057118532633], "ImagePositionPatient": [-1036.8394811818, -946.45925499454, 440.30633990572], "ImageType": ["ORIGINAL", "PRIMARY", "M", "ND", "NORM", "MOSAIC"], "ImagedNucleus": "1H", "ImagingFrequency": 123.193268, "InPlanePhaseEncodingDirection": "COL", "MRAcquisitionType": "2D", "MagneticFieldStrength": 3.0, "Manufacturer": "SIEMENS", "ManufacturerModelName": "Skyra", "Modality": "MR", "NumberOfAverages": 1.0, "NumberOfPhaseEncodingSteps": 96, "PercentPhaseFieldOfView": 100.0, "PercentSampling": 100.0, "PerformedProcedureStepStartTime": "070404.562000", "PhotometricInterpretation": "MONOCHROME2", "PixelBandwidth": 2005.0, "PixelRepresentation": 0, "PixelSpacing": [2.3958332538605, 2.3958332538605], "ProtocolName": "MB-SE_FieldMap_P-A", "RepetitionTime": 4550.0, "Rows": 864, "SAR": 0.37761478924461, "SamplesPerPixel": 1, "ScanOptions": "FS", "ScanningSequence": "EP", "SequenceName": "epse2d1_96", "SequenceVariant": "SK", "SeriesDescription": "MB-SE_FieldMap_P-A", "SeriesNumber": 7, "SeriesTime": "071935.781000", "SliceLocation": -37.504395182352, "SliceThickness": 2.0, "SmallestImagePixelValue": 0, "SoftwareVersions": "syngo MR D11", "SpacingBetweenSlices": 2.4000000147438, "SpecificCharacterSet": "ISO_IR 100", "StudyID": "2", "StudyTime": "070404.531000", "TransmitCoilName": "Body", "VariableFlipAngleFlag": "N", "WindowCenterWidthExplanation": "Algo1", "dBdt": 0.0}, "slices": {}}, "time": {"samples": {"AcquisitionNumber": [1, 2, 3, 4, 5], "AcquisitionTime": ["071930.955000", "071935.505000", "071940.055000", "071944.605000", "071949.155000"], "ContentTime": ["071935.781000", "071952.515000", "071952.515000", "071952.515000", "071952.515000"], "InstanceCreationTime": ["071935.781000", "071952.515000", "071952.515000", "071952.515000", "071952.515000"], "InstanceNumber": [1, 2, 3, 4, 5], "LargestImagePixelValue": [49031, 48870, 49051, 49489, 49191], "WindowCenter": [7581.0, 7603.0, 7597.0, 7613.0, 7603.0], "WindowWidth": [16116.0, 16165.0, 16152.0, 16191.0, 16165.0]}, "slices": {}}}