{"AcquisitionMatrixPE": 96, "AcquisitionNumber": 1, "AcquisitionTime": "07:31:43.130000", "BaseResolution": 96, "BodyPartExamined": "BRAIN", "ConsistencyInfo": "N4_VD11D_LATEST_20110129", "ConversionSoftware": "dcm2niix", "ConversionSoftwareVersion": "v1.0.20210317", "DeviceSerialNumber": "45239", "DwellTime": 9.2e-06, "EchoNumber": 2, "EchoTime": 0.00738, "EchoTime1": 0.00492, "EchoTime2": 0.00738, "FlipAngle": 50, "ImageOrientationPatientDICOM": [0.998221, 0.0247808, 0.0542199, 0.00605266, 0.86268, -0.505714], "ImageType": ["ORIGINAL", "PRIMARY", "P", "ND", "PHASE"], "ImagingFrequency": 123.193, "InPlanePhaseEncodingDirectionDICOM": "COL", "InstitutionAddress": "E 24th St. 100,Austin,Southmiddle,US,78712", "InstitutionName": "Univ of Texas at Austin", "InstitutionalDepartmentName": "IRC", "MRAcquisitionType": "2D", "MagneticFieldStrength": 3, "Manufacturer": "Siemens", "ManufacturersModelName": "Skyra", "Modality": "MR", "PartialFourier": 1, "PatientPosition": "HFS", "PercentPhaseFOV": 100, "PercentSampling": 100, "PhaseEncodingDirection": "j-", "PhaseEncodingSteps": 96, "PhaseResolution": 1, "PixelBandwidth": 565, "ProcedureStepDescription": "Poldrack2^self-scanning", "ProtocolName": "gre_field_mapping", "PulseSequenceDetails": "%SiemensSeq%\\gre_field_mapping", "ReceiveCoilActiveElements": "HEA;HEP", "ReceiveCoilName": "Head_32", "ReconMatrixPE": 96, "RepetitionTime": 0.731, "SAR": 0.120759, "ScanningSequence": "GR", "SequenceName": "*fm2d2r", "SequenceVariant": "SP", "SeriesDescription": "gre_field_mapping", "SeriesNumber": 11, "ShimSetting": [-2791, 8028, -15436, 177, -270, 69, 221, -86], "SliceThickness": 2, "SliceTiming": [0.36719, 0, 0.375, 0.00781, 0.38281, 0.01562, 0.39062, 0.03125, 0.40625, 0.03906, 0.41406, 0.05469, 0.42969, 0.0625, 0.4375, 0.07031, 0.45312, 0.08594, 0.46094, 0.09375, 0.46875, 0.10156, 0.48438, 0.11719, 0.49219, 0.125, 0.5, 0.14062, 0.51562, 0.14844, 0.52344, 0.15625, 0.53125, 0.17188, 0.54688, 0.17969, 0.55469, 0.19531, 0.57031, 0.20312, 0.57812, 0.21094, 0.58594, 0.22656, 0.60156, 0.23438, 0.60938, 0.24219, 0.625, 0.25781, 0.63281, 0.26562, 0.64062, 0.27344, 0.65625, 0.28906, 0.66406, 0.29688, 0.67188, 0.3125, 0.6875, 0.32031, 0.69531, 0.32812, 0.70312, 0.34375, 0.71875, 0.35156], "SoftwareVersions": "syngo MR D11", "SpacingBetweenSlices": 2.4, "StationName": "AWP45239", "TxRefAmp": 343.523, "dcmmeta_affine": [[-2.3915722370147705, 0.014501165598630905, 0.1423349380493164, 111.483154296875], [-0.05937059968709946, 2.0668368339538574, -1.2123451232910156, -66.31446838378906], [0.12990178167819977, 1.2116072177886963, 2.0663909912109375, -90.14508819580078], [0.0, 0.0, 0.0, 1.0]], "dcmmeta_reorient_transform": [[0.0, -1.0, 0.0, 95.0], [1.0, 0.0, 0.0, 0.0], [0.0, 0.0, -1.0, 67.0], [0.0, 0.0, 0.0, 1.0]], "dcmmeta_shape": [96, 96, 68], "dcmmeta_slice_dim": 2, "dcmmeta_version": 0.6, "global": {"const": {"AcquisitionMatrix": [96, 0, 0, 96], "AcquisitionNumber": 1, "AngioFlag": "N", "BitsAllocated": 16, "BitsStored": 12, "BodyPartExamined": "BRAIN", "Columns": 96, "EchoNumbers": 2, "EchoTime": 7.38, "EchoTrainLength": 0, "FlipAngle": 50.0, "HighBit": 11, "ImageOrientationPatient": [0.9982214777111, 0.02478077309096, 0.05421987385896, 0.006052660516, 0.86267976676696, -0.5057143317245], "ImageType": ["ORIGINAL", "PRIMARY", "P", "ND"], "ImagedNucleus": "1H", "ImagingFrequency": 123.193266, "InPlanePhaseEncodingDirection": "COL", "MRAcquisitionType": "2D", "MagneticFieldStrength": 3.0, "Manufacturer": "SIEMENS", "ManufacturerModelName": "Skyra", "Modality": "MR", "NumberOfAverages": 1.0, "NumberOfPhaseEncodingSteps": 96, "PercentPhaseFieldOfView": 100.0, "PercentSampling": 100.0, "PerformedProcedureStepStartTime": "070404.562000", "PhotometricInterpretation": "MONOCHROME2", "PixelBandwidth": 565.0, "PixelRepresentation": 0, "PixelSpacing": [2.3958332538605, 2.3958332538605], "ProtocolName": "gre_field_mapping", "RepetitionTime": 731.0, "RescaleIntercept": -4096.0, "RescaleSlope": 2.0, "RescaleType": "US", "Rows": 96, "SAR": 0.12075909664318, "SamplesPerPixel": 1, "ScanningSequence": "GR", "SequenceName": "*fm2d2r", "SequenceVariant": "SP", "SeriesDescription": "gre_field_mapping", "SeriesNumber": 11, "SeriesTime": "073830.015000", "SliceThickness": 2.0, "SoftwareVersions": "syngo MR D11", "SpacingBetweenSlices": 2.4, "SpecificCharacterSet": "ISO_IR 100", "StudyID": "2", "StudyTime": "070404.531000", "TransmitCoilName": "Body", "VariableFlipAngleFlag": "N", "WindowCenterWidthExplanation": "Algo1", "dBdt": 0.0}, "slices": {"AcquisitionTime": ["073143.130000", "073142.762500", "073143.140000", "073142.775000", "073143.150000", "073142.785000", "073143.160000", "073142.795000", "073143.172500", "073142.807500", "073143.182500", "073142.817500", "073143.192500", "073142.827500", "073143.205000", "073142.837500", "073143.215000", "073142.850000", "073143.225000", "073142.860000", "073143.237500", "073142.870000", "073143.247500", "073142.882500", "073143.257500", "073142.892500", "073143.267500", "073142.902500", "073143.280000", "073142.915000", "073143.290000", "073142.925000", "073143.300000", "073142.935000", "073143.312500", "073142.945000", "073143.322500", "073142.957500", "073143.332500", "073142.967500", "073143.345000", "073142.977500", "073143.355000", "073142.990000", "073143.365000", "073143.000000", "073143.375000", "073143.010000", "073143.387500", "073143.022500", "073143.397500", "073143.032500", "073143.407500", "073143.042500", "073143.420000", "073143.052500", "073143.430000", "073143.065000", "073143.440000", "073143.075000", "073143.452500", "073143.085000", "073143.462500", "073143.097500", "073143.472500", "073143.107500", "073143.482500", "073143.117500"], "ContentTime": ["073830.156000", "073830.015000", "073830.156000", "073830.015000", "073830.156000", "073830.015000", "073830.156000", "073830.046000", "073830.171000", "073830.046000", "073830.171000", "073830.062000", "073830.171000", "073830.062000", "073830.171000", "073830.062000", "073830.171000", "073830.062000", "073830.187000", "073830.062000", "073830.187000", "073830.062000", "073830.187000", "073830.062000", "073830.203000", "073830.078000", "073830.203000", "073830.078000", "073830.203000", "073830.078000", "073830.203000", "073830.078000", "073830.203000", "073830.078000", "073830.203000", "073830.078000", "073830.203000", "073830.078000", "073830.218000", "073830.093000", "073830.218000", "073830.093000", "073830.218000", "073830.093000", "073830.218000", "073830.109000", "073830.218000", "073830.109000", "073830.218000", "073830.109000", "073830.218000", "073830.109000", "073830.218000", "073830.109000", "073830.234000", "073830.109000", "073830.234000", "073830.140000", "073830.234000", "073830.140000", "073830.234000", "073830.140000", "073830.234000", "073830.140000", "073830.234000", "073830.156000", "073830.234000", "073830.156000"], "CsaImage.ICE_Dims": ["X_2_1_1_1_1_1_35_1_1_1_1_745", "X_2_1_1_1_1_1_1_1_1_2_1_745", "X_2_1_1_1_1_1_36_1_1_3_1_745", "X_2_1_1_1_1_1_2_1_1_4_1_745", "X_2_1_1_1_1_1_37_1_1_5_1_745", "X_2_1_1_1_1_1_3_1_1_6_1_745", "X_2_1_1_1_1_1_38_1_1_7_1_745", "X_2_1_1_1_1_1_4_1_1_8_1_745", "X_2_1_1_1_1_1_39_1_1_9_1_745", "X_2_1_1_1_1_1_5_1_1_10_1_745", "X_2_1_1_1_1_1_40_1_1_11_1_745", "X_2_1_1_1_1_1_6_1_1_12_1_745", "X_2_1_1_1_1_1_41_1_1_13_1_745", "X_2_1_1_1_1_1_7_1_1_14_1_745", "X_2_1_1_1_1_1_42_1_1_15_1_745", "X_2_1_1_1_1_1_8_1_1_16_1_745", "X_2_1_1_1_1_1_43_1_1_17_1_745", "X_2_1_1_1_1_1_9_1_1_18_1_745", "X_2_1_1_1_1_1_44_1_1_19_1_745", "X_2_1_1_1_1_1_10_1_1_20_1_745", "X_2_1_1_1_1_1_45_1_1_21_1_745", "X_2_1_1_1_1_1_11_1_1_22_1_745", "X_2_1_1_1_1_1_46_1_1_23_1_745", "X_2_1_1_1_1_1_12_1_1_24_1_745", "X_2_1_1_1_1_1_47_1_1_25_1_745", "X_2_1_1_1_1_1_13_1_1_26_1_745", "X_2_1_1_1_1_1_48_1_1_27_1_745", "X_2_1_1_1_1_1_14_1_1_28_1_745", "X_2_1_1_1_1_1_49_1_1_29_1_745", "X_2_1_1_1_1_1_15_1_1_30_1_745", "X_2_1_1_1_1_1_50_1_1_31_1_745", "X_2_1_1_1_1_1_16_1_1_32_1_745", "X_2_1_1_1_1_1_51_1_1_33_1_745", "X_2_1_1_1_1_1_17_1_1_34_1_745", "X_2_1_1_1_1_1_52_1_1_35_1_745", "X_2_1_1_1_1_1_18_1_1_36_1_745", "X_2_1_1_1_1_1_53_1_1_37_1_745", "X_2_1_1_1_1_1_19_1_1_38_1_745", "X_2_1_1_1_1_1_54_1_1_39_1_745", "X_2_1_1_1_1_1_20_1_1_40_1_745", "X_2_1_1_1_1_1_55_1_1_41_1_745", "X_2_1_1_1_1_1_21_1_1_42_1_745", "X_2_1_1_1_1_1_56_1_1_43_1_745", "X_2_1_1_1_1_1_22_1_1_44_1_745", "X_2_1_1_1_1_1_57_1_1_45_1_745", "X_2_1_1_1_1_1_23_1_1_46_1_745", "X_2_1_1_1_1_1_58_1_1_47_1_745", "X_2_1_1_1_1_1_24_1_1_48_1_745", "X_2_1_1_1_1_1_59_1_1_49_1_745", "X_2_1_1_1_1_1_25_1_1_50_1_745", "X_2_1_1_1_1_1_60_1_1_51_1_745", "X_2_1_1_1_1_1_26_1_1_52_1_745", "X_2_1_1_1_1_1_61_1_1_53_1_745", "X_2_1_1_1_1_1_27_1_1_54_1_745", "X_2_1_1_1_1_1_62_1_1_55_1_745", "X_2_1_1_1_1_1_28_1_1_56_1_745", "X_2_1_1_1_1_1_63_1_1_57_1_745", "X_2_1_1_1_1_1_29_1_1_58_1_745", "X_2_1_1_1_1_1_64_1_1_59_1_745", "X_2_1_1_1_1_1_30_1_1_60_1_745", "X_2_1_1_1_1_1_65_1_1_61_1_745", "X_2_1_1_1_1_1_31_1_1_62_1_745", "X_2_1_1_1_1_1_66_1_1_63_1_745", "X_2_1_1_1_1_1_32_1_1_64_1_745", "X_2_1_1_1_1_1_67_1_1_65_1_745", "X_2_1_1_1_1_1_33_1_1_66_1_745", "X_2_1_1_1_1_1_68_1_1_67_1_745", "X_2_1_1_1_1_1_34_1_1_68_1_745"], "CsaImage.ProtocolSliceNumber": [0, 1, 2, 3, 4, 5, 6, 7, 8, 9, 10, 11, 12, 13, 14, 15, 16, 17, 18, 19, 20, 21, 22, 23, 24, 25, 26, 27, 28, 29, 30, 31, 32, 33, 34, 35, 36, 37, 38, 39, 40, 41, 42, 43, 44, 45, 46, 47, 48, 49, 50, 51, 52, 53, 54, 55, 56, 57, 58, 59, 60, 61, 62, 63, 64, 65, 66, 67], "CsaImage.SlicePosition_PCS": [[-112.86074137, -130.03491793, 24.95771718], [-113.00307678, -128.82257471, 27.02410626], [-113.14541196, -127.61023149, 29.09049535], [-113.28774737, -126.39788828, 31.15688443], [-113.43008255, -125.18554506, 33.22327351], [-113.57241785, -123.97320185, 35.2896626], [-113.71475314, -122.76085672, 37.35605264], [-113.85708844, -121.54851351, 39.42244172], [-113.99942373, -120.33617029, 41.4888308], [-114.14175903, -119.12382708, 43.55521989], [-114.28409433, -117.91148386, 45.62160945], [-114.42642962, -116.69914064, 47.68799853], [-114.56876498, -115.48679743, 49.75438785], [-114.71110027, -114.27445421, 51.82077698], [-114.85343557, -113.062111, 53.88716614], [-114.99577086, -111.84976778, 55.95355534], [-115.13810616, -110.63742456, 58.01994443], [-115.28044144, -109.42508087, 60.08633351], [-115.42277674, -108.21273766, 62.1527226], [-115.56511204, -107.00039444, 64.21911168], [-115.70744734, -105.78805099, 66.28550172], [-115.84978264, -104.57570753, 68.35188985], [-115.99211793, -103.3633642, 70.41827893], [-116.13445323, -102.15102088, 72.48466802], [-116.27678852, -100.93867753, 74.55105901], [-116.41912382, -99.72633419, 76.61744809], [-116.56145906, -98.51399097, 78.68383717], [-116.70379435, -97.30164776, 80.75022626], [-116.84612977, -96.08930407, 82.81661534], [-116.98846506, -94.87696085, 84.88300443], [-117.13080036, -93.66461763, 86.9493916], [-117.27313565, -92.45227442, 89.01578259], [-117.41547095, -91.2399312, 91.08216977], [-117.55780624, -90.02758703, 93.14856076], [-117.70014142, -88.81524382, 95.21495175], [-117.84247684, -87.6029006, 97.28133893], [-117.98481201, -86.39055738, 99.34772992], [-118.12714743, -85.17821321, 101.4141171], [-118.2694826, -83.96587, 103.48050809], [-118.41181802, -82.75352678, 105.54689526], [-118.5541532, -81.54118357, 107.61328626], [-118.69648861, -80.32884035, 109.67967343], [-118.83882379, -79.11649714, 111.74606442], [-118.9811592, -77.90415392, 113.8124516], [-119.12349438, -76.6918107, 115.87884259], [-119.26582979, -75.47946749, 117.94522977], [-119.40816497, -74.26712427, 120.01162076], [-119.55050015, -73.05478106, 122.07801175], [-119.69283556, -71.84243784, 124.14439511], [-119.83517098, -70.63009462, 126.2107861], [-119.97750639, -69.4177495, 128.27717709], [-120.11984133, -68.20540819, 130.34356809], [-120.26217674, -66.99306307, 132.40995908], [-120.40451216, -65.78072176, 134.47634244], [-120.54684757, -64.56837664, 136.54273343], [-120.68918251, -63.35603533, 138.60912442], [-120.83151793, -62.1436902, 140.67551541], [-120.97385334, -60.9313489, 142.74189877], [-121.11618876, -59.71900377, 144.80828977], [-121.25852369, -58.50666246, 146.87468076], [-121.40085911, -57.29431734, 148.94107175], [-121.54319452, -56.08197222, 151.00745511], [-121.68552994, -54.86963091, 153.0738461], [-121.82786488, -53.65728579, 155.14023709], [-121.97020029, -52.44494448, 157.20662808], [-122.11253571, -51.23259935, 159.27301144], [-122.25487112, -50.02025805, 161.33940244], [-122.39720606, -48.80791292, 163.40579343]], "CsaImage.TimeAfterStart": [1.1, 0.735, 1.11, 0.745, 1.1225, 0.755, 1.1325, 0.7675, 1.1425, 0.7775, 1.1525, 0.7875, 1.165, 0.8, 1.175, 0.81, 1.185, 0.82, 1.1975, 0.83, 1.2075, 0.8425, 1.2175, 0.8525, 1.23, 0.8625, 1.24, 0.875, 1.25, 0.885, 1.26, 0.895, 1.2725, 0.9075, 1.2825, 0.9175, 1.2925, 0.9275, 1.305, 0.9375, 1.315, 0.95, 1.325, 0.96, 1.3375, 0.97, 1.3475, 0.9825, 1.3575, 0.9925, 1.3675, 1.0025, 1.38, 1.015, 1.39, 1.025, 1.4, 1.035, 1.4125, 1.045, 1.4225, 1.0575, 1.4325, 1.0675, 1.445, 1.0775, 1.455, 1.09], "ImagePositionPatient": [[-112.86074136825, -130.03491792678, 24.957717179173], [-113.00307678313, -128.82257471084, 27.024106263035], [-113.1454119596, -127.6102314949, 29.090495346898], [-113.28774737449, -126.39788827896, 31.15688443076], [-113.43008255095, -125.18554506301, 33.223273514622], [-113.57241784663, -123.97320184707, 35.289662598485], [-113.71475314231, -122.76085672378, 37.356052636021], [-113.85708843799, -121.54851350784, 39.422441719884], [-113.99942373366, -120.33617029189, 41.488830803746], [-114.14175902934, -119.12382707595, 43.555219887608], [-114.28409432502, -117.91148386001, 45.621609448308], [-114.42642962069, -116.69914064407, 47.68799853217], [-114.56876497598, -115.48679742813, 49.754387854451], [-114.71110027165, -114.27445421218, 51.820776983017], [-114.85343556733, -113.06211099624, 53.887166141385], [-114.99577086301, -111.8497677803, 55.953555344456], [-115.13810615868, -110.63742456436, 58.019944428319], [-115.28044143946, -109.42508087158, 60.086333512181], [-115.42277674259, -108.21273765563, 62.152722596043], [-115.56511203827, -107.00039443969, 64.219111679906], [-115.70744734139, -105.78805098533, 66.285501717442], [-115.84978263707, -104.57570753097, 68.35188984763], [-115.99211793275, -103.36336419582, 70.418278931493], [-116.13445322843, -102.15102088302, 72.484668015355], [-116.2767885241, -100.93867752551, 74.551059006566], [-116.41912381978, -99.726334190363, 76.617448090428], [-116.56145905585, -98.51399097442, 78.68383717429], [-116.70379435153, -97.301647758478, 80.750226258153], [-116.84612976642, -96.089304065699, 82.816615342015], [-116.98846506209, -94.876960849756, 84.883004425877], [-117.13080035777, -93.664617633814, 86.949391602391], [-117.27313565345, -92.452274417871, 89.015782593602], [-117.41547094912, -91.239931201929, 91.082169770116], [-117.5578062448, -90.027587032312, 93.148560761327], [-117.70014142127, -88.81524381637, 95.214951752537], [-117.84247683616, -87.602900600428, 97.281338929051], [-117.98481201262, -86.390557384485, 99.347729920262], [-118.12714742751, -85.178213214868, 101.41411709678], [-118.26948260398, -83.965869998926, 103.48050808799], [-118.41181801886, -82.753526782984, 105.5468952645], [-118.55415319533, -81.541183567041, 107.61328625571], [-118.69648861022, -80.328840351099, 109.67967343222], [-118.83882378669, -79.116497135157, 111.74606442344], [-118.98115920157, -77.904153919214, 113.81245159995], [-119.12349437804, -76.691810703272, 115.87884259116], [-119.26582979293, -75.479467487329, 117.94522976767], [-119.4081649694, -74.267124271387, 120.01162075889], [-119.55050014586, -73.054781055445, 122.0780117501], [-119.69283556075, -71.842437839502, 124.14439511191], [-119.83517097564, -70.63009462356, 126.21078610312], [-119.97750639052, -69.417749500269, 128.27717709433], [-120.11984132857, -68.205408191675, 130.34356808555], [-120.26217674346, -66.993063068384, 132.40995907676], [-120.40451215835, -65.78072175979, 134.47634243857], [-120.54684757323, -64.568376636499, 136.54273342978], [-120.68918251128, -63.356035327906, 138.60912442099], [-120.83151792617, -62.143690204615, 140.67551541221], [-120.97385334105, -60.931348896021, 142.74189877402], [-121.11618875594, -59.71900377273, 144.80828976523], [-121.25852369399, -58.506662464136, 146.87468075644], [-121.40085910888, -57.294317340845, 148.94107174765], [-121.54319452376, -56.081972217554, 151.00745510947], [-121.68552993865, -54.86963090896, 153.07384610068], [-121.8278648767, -53.657285785669, 155.14023709189], [-121.97020029159, -52.444944477076, 157.2066280831], [-122.11253570647, -51.232599353785, 159.27301144492], [-122.25487112136, -50.020258045191, 161.33940243613], [-122.39720605941, -48.8079129219, 163.40579342734]], "InstanceCreationTime": ["073830.156000", "073830.015000", "073830.156000", "073830.015000", "073830.156000", "073830.015000", "073830.156000", "073830.046000", "073830.171000", "073830.046000", "073830.171000", "073830.062000", "073830.171000", "073830.062000", "073830.171000", "073830.062000", "073830.171000", "073830.062000", "073830.187000", "073830.062000", "073830.187000", "073830.062000", "073830.187000", "073830.062000", "073830.203000", "073830.078000", "073830.203000", "073830.078000", "073830.203000", "073830.078000", "073830.203000", "073830.078000", "073830.203000", "073830.078000", "073830.203000", "073830.078000", "073830.203000", "073830.078000", "073830.218000", "073830.093000", "073830.218000", "073830.093000", "073830.218000", "073830.093000", "073830.218000", "073830.109000", "073830.218000", "073830.109000", "073830.218000", "073830.109000", "073830.218000", "073830.109000", "073830.218000", "073830.109000", "073830.234000", "073830.109000", "073830.234000", "073830.140000", "073830.234000", "073830.140000", "073830.234000", "073830.140000", "073830.234000", "073830.140000", "073830.234000", "073830.156000", "073830.234000", "073830.156000"], "InstanceNumber": [1, 2, 3, 4, 5, 6, 7, 8, 9, 10, 11, 12, 13, 14, 15, 16, 17, 18, 19, 20, 21, 22, 23, 24, 25, 26, 27, 28, 29, 30, 31, 32, 33, 34, 35, 36, 37, 38, 39, 40, 41, 42, 43, 44, 45, 46, 47, 48, 49, 50, 51, 52, 53, 54, 55, 56, 57, 58, 59, 60, 61, 62, 63, 64, 65, 66, 67, 68], "LargestImagePixelValue": [4094, 4093, 4093, 4094, 4094, 4094, 4094, 4094, 4094, 4093, 4093, 4093, 4094, 4093, 4094, 4093, 4094, 4094, 4092, 4092, 4093, 4094, 4094, 4094, 4092, 4091, 4090, 4093, 4094, 4094, 4093, 4094, 4094, 4093, 4093, 4094, 4094, 4088, 4093, 4093, 4092, 4091, 4094, 4093, 4092, 4091, 4091, 4093, 4094, 4093, 4093, 4093, 4094, 4094, 4094, 4094, 4094, 4094, 4094, 4094, 4094, 4094, 4094, 4094, 4094, 4094, 4094, 4094], "SliceLocation": [-37.504395436587, -35.104395584613, -32.704395746778, -30.304395894803, -27.904396056969, -25.504396212064, -23.104394582566, -20.704394737662, -18.304394892757, -15.904395047852, -13.504394792393, -11.104394947488, -8.7043948937714, -6.3043950103773, -3.9043951013235, -1.5043951537802, 0.89560469112448, 3.2956047760164, 5.6956046213629, 8.0956044662675, 10.495605253159, 12.89560439739, 15.295604302512, 17.695604196344, 20.095605754975, 22.495605660098, 24.895605501468, 27.295605346372, 29.695605439218, 32.095605284122, 34.495603486808, 36.895604973932, 39.295603176618, 41.695605145483, 44.095606625536, 46.495604835292, 48.895606315345, 51.295605006843, 53.695606486897, 56.095604696653, 58.495606176706, 60.895604386462, 63.295605866515, 65.695604076271, 68.095605556325, 70.495603766081, 72.895605246134, 75.295606726187, 77.695601651506, 80.095603145699, 82.495605603376, 84.895606105806, 87.295608563483, 89.695602525318, 92.095604982995, 94.495605485424, 96.895607943101, 99.295601904936, 101.69560436261, 104.09560486504, 106.49560732272, 108.89560321152, 111.29560374223, 113.69560617163, 116.09560670234, 118.49560259114, 120.89560312185, 123.29560555125], "SmallestImagePixelValue": [1, 1, 0, 0, 0, 2, 0, 1, 0, 2, 0, 0, 0, 0, 0, 0, 0, 0, 2, 0, 6, 1, 0, 2, 0, 1, 2, 7, 4, 0, 4, 3, 4, 0, 2, 3, 0, 2, 0, 0, 2, 1, 1, 3, 0, 0, 8, 7, 3, 2, 0, 1, 6, 3, 1, 3, 0, 0, 1, 1, 0, 0, 5, 0, 0, 0, 0, 0], "WindowCenter": [-302.0, -262.0, -284.0, -276.0, -266.0, -312.0, -560.0, -584.0, -524.0, -510.0, -456.0, -480.0, -576.0, -586.0, -544.0, -512.0, -550.0, -514.0, -484.0, -480.0, -432.0, -378.0, -374.0, -356.0, -358.0, -332.0, -340.0, -290.0, -288.0, -260.0, -258.0, -260.0, -266.0, -216.0, -208.0, -174.0, -156.0, -156.0, -150.0, -126.0, -110.0, -62.0, -98.0, -150.0, -152.0, -186.0, -212.0, -228.0, -226.0, -220.0, -222.0, -220.0, -236.0, -248.0, -252.0, -260.0, -256.0, -270.0, -290.0, -292.0, -324.0, -390.0, -428.0, -448.0, -474.0, -466.0, -456.0, -450.0], "WindowWidth": [5466.0, 6050.0, 6114.0, 6262.0, 6172.0, 6016.0, 4988.0, 4966.0, 4968.0, 4958.0, 4922.0, 4868.0, 4826.0, 4752.0, 4684.0, 4628.0, 4606.0, 4600.0, 4524.0, 4514.0, 4414.0, 4428.0, 4368.0, 4304.0, 4230.0, 4166.0, 4110.0, 4022.0, 3962.0, 3976.0, 3930.0, 3898.0, 3936.0, 3952.0, 3976.0, 4056.0, 4034.0, 4058.0, 4084.0, 4120.0, 4128.0, 4144.0, 4142.0, 4160.0, 4178.0, 4198.0, 4200.0, 4228.0, 4226.0, 4278.0, 4222.0, 4272.0, 4288.0, 4296.0, 4282.0, 4302.0, 4312.0, 4368.0, 4404.0, 4470.0, 4516.0, 4630.0, 4648.0, 4762.0, 4748.0, 4822.0, 4852.0, 4926.0]}}}