{"AcquisitionMatrixPE": 96, "AcquisitionNumber": 1, "AcquisitionTime": "07:18:23.055000", "BandwidthPerPixelPhaseEncode": 33.602, "BaseResolution": 96, "BodyPartExamined": "BRAIN", "ConsistencyInfo": "N4_VD11D_LATEST_20110129", "ConversionSoftware": "dcm2niix", "ConversionSoftwareVersion": "v1.0.20210317", "DerivedVendorReportedEchoSpacing": 0.000620003, "DeviceSerialNumber": "45239", "DwellTime": 2.6e-06, "EchoTime": 0.036, "EchoTrainLength": 48, "EffectiveEchoSpacing": 0.000310001, "FlipAngle": 90, "ImageOrientationPatientDICOM": [0.998221, 0.0247808, 0.0542199, 0.00605266, 0.86268, -0.505714], "ImageType": ["ORIGINAL", "PRIMARY", "M", "ND", "NORM", "MOSAIC"], "ImagingFrequency": 123.193, "InPlanePhaseEncodingDirectionDICOM": "COL", "InstitutionAddress": "E 24th St. 100,Austin,Southmiddle,US,78712", "InstitutionName": "Univ of Texas at Austin", "InstitutionalDepartmentName": "IRC", "MRAcquisitionType": "2D", "MagneticFieldStrength": 3, "Manufacturer": "Siemens", "ManufacturersModelName": "Skyra", "Modality": "MR", "ParallelReductionFactorInPlane": 2, "PartialFourier": 1, "PatientPosition": "HFS", "PercentPhaseFOV": 100, "PercentSampling": 100, "PhaseEncodingDirection": "j-", "PhaseEncodingSteps": 96, "PhaseResolution": 1, "PixelBandwidth": 2005, "ProcedureStepDescription": "Poldrack2^self-scanning", "ProtocolName": "MB-SE_FieldMap_A-P", "PulseSequenceDetails": "%CustomerSeq%\\cmrr_mbep2d_se", "ReceiveCoilActiveElements": "HEA;HEP", "ReceiveCoilName": "Head_32", "ReconMatrixPE": 96, "RefLinesPE": 48, "RepetitionTime": 4.55, "SAR": 0.377615, "ScanOptions": "FS", "ScanningSequence": "EP", "SequenceName": "epse2d1_96", "SequenceVariant": "SK", "SeriesDescription": "MB-SE_FieldMap_A-P", "SeriesNumber": 6, "ShimSetting": [-2791, 8028, -15436, 177, -270, 69, 221, -86], "SliceThickness": 2, "SliceTiming": [2.275, 0, 2.3425, 0.0675, 2.4075, 0.135, 2.475, 0.2, 2.5425, 0.2675, 2.61, 0.335, 2.675, 0.4025, 2.7425, 0.4675, 2.81, 0.535, 2.8775, 0.6025, 2.9425, 0.67, 3.01, 0.735, 3.0775, 0.8025, 3.145, 0.87, 3.21, 0.9375, 3.2775, 1.0025, 3.345, 1.07, 3.4125, 1.1375, 3.48, 1.205, 3.545, 1.27, 3.6125, 1.3375, 3.68, 1.405, 3.7475, 1.4725, 3.8125, 1.5375, 3.88, 1.605, 3.9475, 1.6725, 4.015, 1.74, 4.08, 1.8075, 4.1475, 1.8725, 4.215, 1.94, 4.2825, 2.0075, 4.3475, 2.075, 4.415, 2.14, 4.4825, 2.2075], "SoftwareVersions": "syngo MR D11", "SpacingBetweenSlices": 2.4, "StationName": "AWP45239", "TotalReadoutTime": 0.0294501, "TxRefAmp": 343.523, "WipMemBlock": "31118a90-fa95-4930-bd63-e8ebd381717f||Sequence: VD11D r154; May 23 2012 22:29:07 by eja", "dcmmeta_affine": [[-2.3915722370147705, 0.014501165598630905, 0.14233531057834625, 111.4831314086914], [-0.05937059968709946, 2.0668368339538574, -1.212343454360962, -66.31458282470703], [0.12990178167819977, 1.2116072177886963, 2.0663890838623047, -90.14496612548828], [0.0, 0.0, 0.0, 1.0]], "dcmmeta_reorient_transform": [[0.0, -1.0, 0.0, 95.0], [1.0, 0.0, 0.0, 0.0], [0.0, 0.0, 1.0, 0.0], [0.0, 0.0, 0.0, 1.0]], "dcmmeta_shape": [96, 96, 68, 5], "dcmmeta_slice_dim": 2, "dcmmeta_version": 0.6, "global": {"const": {"AcquisitionMatrix": [96, 0, 0, 96], "AngioFlag": "N", "BitsAllocated": 16, "BitsStored": 16, "BodyPartExamined": "BRAIN", "Columns": 864, "EchoNumbers": 1, "EchoTime": 36.0, "EchoTrainLength": 48, "FlipAngle": 90.0, "HighBit": 15, "ImageOrientationPatient": [0.9982214777111, 0.02478077309096, 0.05421987385896, 0.006052660516, 0.86267976676696, -0.5057143317245], "ImagePositionPatient": [-1036.7929178892, -946.49858751292, 440.33260463697], "ImageType": ["ORIGINAL", "PRIMARY", "M", "ND", "NORM", "MOSAIC"], "ImagedNucleus": "1H", "ImagingFrequency": 123.193263, "InPlanePhaseEncodingDirection": "COL", "MRAcquisitionType": "2D", "MagneticFieldStrength": 3.0, "Manufacturer": "SIEMENS", "ManufacturerModelName": "Skyra", "Modality": "MR", "NumberOfAverages": 1.0, "NumberOfPhaseEncodingSteps": 96, "PercentPhaseFieldOfView": 100.0, "PercentSampling": 100.0, "PerformedProcedureStepStartTime": "070404.562000", "PhotometricInterpretation": "MONOCHROME2", "PixelBandwidth": 2005.0, "PixelRepresentation": 0, "PixelSpacing": [2.3958332538605, 2.3958332538605], "ProtocolName": "MB-SE_FieldMap_A-P", "RepetitionTime": 4550.0, "Rows": 864, "SAR": 0.37761478924461, "SamplesPerPixel": 1, "ScanOptions": "FS", "ScanningSequence": "EP", "SequenceName": "epse2d1_96", "SequenceVariant": "SK", "SeriesDescription": "MB-SE_FieldMap_A-P", "SeriesNumber": 6, "SeriesTime": "071844.171000", "SliceLocation": -37.504395436587, "SliceThickness": 2.0, "SmallestImagePixelValue": 0, "SoftwareVersions": "syngo MR D11", "SpacingBetweenSlices": 2.4000000147438, "SpecificCharacterSet": "ISO_IR 100", "StudyID": "2", "StudyTime": "070404.531000", "TransmitCoilName": "Body", "VariableFlipAngleFlag": "N", "WindowCenterWidthExplanation": "Algo1", "dBdt": 0.0}, "slices": {}}, "time": {"samples": {"AcquisitionNumber": [1, 2, 3, 4, 5], "AcquisitionTime": ["071823.055000", "071827.605000", "071832.155000", "071836.705000", "071841.255000"], "ContentTime": ["071844.171000", "071844.187000", "071844.187000", "071844.187000", "071844.187000"], "InstanceCreationTime": ["071844.171000", "071844.187000", "071844.187000", "071844.187000", "071844.187000"], "InstanceNumber": [1, 2, 3, 4, 5], "LargestImagePixelValue": [44416, 47753, 50341, 44661, 48669], "WindowCenter": [7761.0, 7796.0, 7799.0, 7784.0, 7797.0], "WindowWidth": [16471.0, 16550.0, 16555.0, 16525.0, 16548.0]}, "slices": {}}}