{"AcquisitionMatrixPE": 256, "AcquisitionNumber": 1, "AcquisitionTime": "17:29:31.480000", "BaseResolution": 256, "BodyPartExamined": "BRAIN", "ConsistencyInfo": "N4_VD11D_LATEST_20110129", "ConversionSoftware": "dcm2niix", "ConversionSoftwareVersion": "v1.0.20210317", "DeviceSerialNumber": "45239", "DwellTime": 7.3e-06, "EchoTime": 0.00195, "FlipAngle": 8, "ImageOrientationPatientDICOM": [-0.0118717, 0.999869, -0.0110215, 0.0328948, -0.0106258, -0.999402], "ImageType": ["ORIGINAL", "PRIMARY", "M", "ND", "NORM"], "ImagingFrequency": 123.194, "InPlanePhaseEncodingDirectionDICOM": "ROW", "InstitutionAddress": "E 24th St. 100,Austin,Southmiddle,US,78712", "InstitutionName": "Univ of Texas at Austin", "InstitutionalDepartmentName": "IRC", "InversionTime": 1, "MRAcquisitionType": "3D", "MagneticFieldStrength": 3, "Manufacturer": "Siemens", "ManufacturersModelName": "Skyra", "Modality": "MR", "ParallelReductionFactorInPlane": 2, "PartialFourier": 1, "PatientPosition": "HFS", "PercentPhaseFOV": 100, "PercentSampling": 100, "PhaseEncodingSteps": 282, "PhaseOversampling": 0.1, "PhaseResolution": 1, "PixelBandwidth": 270, "ProcedureStepDescription": "Poldrack2^self-scanning", "ProtocolName": "T1w_MPR1_PMC", "PulseSequenceDetails": "%SiemensSeq%\\tfl", "ReceiveCoilActiveElements": "HEA;HEP", "ReceiveCoilName": "Head_32", "ReconMatrixPE": 256, "RefLinesPE": 32, "RepetitionTime": 2.4, "SAR": 0.0559362, "ScanOptions": "IR\\WE", "ScanningSequence": "GR\\IR", "SequenceName": "*tfl3d1_16ns", "SequenceVariant": "SK\\SP\\MP\\OSP", "SeriesDescription": "T1w_MPR1_PMC", "SeriesNumber": 13, "ShimSetting": [-2784, 7992, -15551, 153, -234, -110, 165, -121], "SliceThickness": 0.8, "SoftwareVersions": "syngo MR D11", "StationName": "AWP45239", "TxRefAmp": 334.259, "dcmmeta_affine": [[0.799510657787323, -0.009506601840257645, 0.02634153887629509, -103.65748596191406], [0.009781690314412117, 0.800676167011261, -0.00850893184542656, -113.28163146972656], [-0.026211470365524292, 0.008825808763504028, 0.8003026247024536, -89.56271362304688], [0.0, 0.0, 0.0, 1.0]], "dcmmeta_reorient_transform": [[0.0, 0.0, -1.0, 255.0], [0.0, -1.0, 0.0, 255.0], [-1.0, 0.0, 0.0, 255.0], [0.0, 0.0, 0.0, 1.0]], "dcmmeta_shape": [256, 256, 256], "dcmmeta_slice_dim": 0, "dcmmeta_version": 0.6, "global": {"const": {"AcquisitionMatrix": [0, 256, 256, 0], "AcquisitionNumber": 1, "AcquisitionTime": "172931.480000", "AngioFlag": "N", "BitsAllocated": 16, "BitsStored": 12, "BodyPartExamined": "BRAIN", "Columns": 256, "EchoNumbers": 1, "EchoTime": 1.95, "EchoTrainLength": 1, "FlipAngle": 8.0, "HighBit": 11, "ImageOrientationPatient": [-0.0118716586299, 0.99986878655137, -0.0110214972516, 0.03289480028762, -0.0106257884815, -0.9994023337641], "ImageType": ["ORIGINAL", "PRIMARY", "M", "ND", "NORM"], "ImagedNucleus": "1H", "ImagingFrequency": 123.19353, "InPlanePhaseEncodingDirection": "ROW", "InversionTime": 1000.0, "MRAcquisitionType": "3D", "MagneticFieldStrength": 3.0, "Manufacturer": "SIEMENS", "ManufacturerModelName": "Skyra", "Modality": "MR", "NumberOfAverages": 1.0, "NumberOfPhaseEncodingSteps": 282, "PercentPhaseFieldOfView": 100.0, "PercentSampling": 100.0, "PerformedProcedureStepStartTime": "170119.171000", "PhotometricInterpretation": "MONOCHROME2", "PixelBandwidth": 270.0, "PixelRepresentation": 0, "PixelSpacing": [0.80078125, 0.80078125], "ProtocolName": "T1w_MPR1_PMC", "RepetitionTime": 2400.0, "Rows": 256, "SAR": 0.05593615758, "SamplesPerPixel": 1, "ScanOptions": ["IR", "WE"], "ScanningSequence": ["GR", "IR"], "SequenceName": "*tfl3d1_16ns", "SequenceVariant": ["SK", "SP", "MP", "OSP"], "SeriesDescription": "T1w_MPR1_PMC", "SeriesNumber": 13, "SeriesTime": "173559.156000", "SliceThickness": 0.80000001192093, "SmallestImagePixelValue": 0, "SoftwareVersions": "syngo MR D11", "SpecificCharacterSet": "ISO_IR 100", "StudyID": "1", "StudyTime": "170119.125000", "TransmitCoilName": "Body", "VariableFlipAngleFlag": "N", "WindowCenterWidthExplanation": "Algo1", "dBdt": 0.0}, "slices": {"ContentTime": ["173600.906000", "173600.906000", "173600.906000", "173600.906000", "173600.906000", "173600.906000", "173600.906000", "173600.890000", "173600.890000", "173600.890000", "173600.890000", "173600.890000", "173600.875000", "173600.875000", "173600.875000", "173600.875000", "173600.875000", "173600.875000", "173600.875000", "173600.875000", "173600.859000", "173600.859000", "173600.859000", "173600.859000", "173600.859000", "173600.859000", "173600.843000", "173600.843000", "173600.843000", "173600.843000", "173600.843000", "173600.828000", "173600.828000", "173600.828000", "173600.828000", "173600.812000", "173600.812000", "173600.812000", "173600.812000", "173600.796000", "173600.796000", "173600.796000", "173600.796000", "173600.781000", "173600.781000", "173600.781000", "173600.781000", "173600.781000", "173600.781000", "173600.765000", "173600.765000", "173600.765000", "173600.765000", "173600.765000", "173600.765000", "173600.765000", "173559.609000", "173559.609000", "173559.609000", "173559.609000", "173559.609000", "173559.609000", "173559.609000", "173559.593000", "173559.593000", "173559.593000", "173559.593000", "173559.593000", "173559.593000", "173559.593000", "173559.593000", "173559.578000", "173559.578000", "173559.578000", "173559.578000", "173559.578000", "173559.578000", "173559.578000", "173559.578000", "173559.562000", "173559.562000", "173559.562000", "173559.562000", "173559.562000", "173559.562000", "173559.546000", "173559.546000", "173559.546000", "173559.531000", "173559.531000", "173559.531000", "173559.531000", "173559.531000", "173559.531000", "173559.531000", "173559.531000", "173559.515000", "173559.515000", "173559.515000", "173559.515000", "173559.515000", "173559.515000", "173559.515000", "173559.515000", "173559.515000", "173559.500000", "173559.500000", "173559.500000", "173559.500000", "173559.500000", "173559.500000", "173559.500000", "173559.500000", "173559.484000", "173559.484000", "173559.484000", "173559.484000", "173559.484000", "173559.484000", "173559.468000", "173559.468000", "173559.468000", "173559.468000", "173559.468000", "173559.468000", "173559.468000", "173559.468000", "173559.468000", "173559.453000", "173559.453000", "173559.453000", "173559.437000", "173559.437000", "173559.437000", "173559.437000", "173559.437000", "173559.421000", "173559.421000", "173559.421000", "173559.421000", "173559.421000", "173559.421000", "173559.406000", "173559.406000", "173559.406000", "173559.406000", "173559.406000", "173559.406000", "173559.406000", "173559.406000", "173559.406000", "173559.390000", "173559.390000", "173559.390000", "173559.390000", "173559.375000", "173559.375000", "173559.375000", "173559.375000", "173559.375000", "173559.375000", "173559.375000", "173559.375000", "173559.359000", "173559.359000", "173559.359000", "173559.359000", "173559.359000", "173559.359000", "173559.359000", "173559.343000", "173559.343000", "173559.343000", "173559.343000", "173559.343000", "173559.343000", "173559.343000", "173559.328000", "173559.328000", "173559.328000", "173559.328000", "173559.328000", "173559.328000", "173559.328000", "173559.328000", "173559.312000", "173559.312000", "173559.312000", "173559.312000", "173559.312000", "173559.312000", "173559.312000", "173559.312000", "173559.296000", "173559.296000", "173559.296000", "173559.296000", "173559.296000", "173559.281000", "173559.281000", "173559.281000", "173559.281000", "173559.281000", "173559.281000", "173559.281000", "173559.281000", "173559.281000", "173559.265000", "173559.265000", "173559.265000", "173559.265000", "173559.265000", "173559.265000", "173559.265000", "173559.250000", "173559.250000", "173559.250000", "173559.250000", "173559.250000", "173559.250000", "173559.250000", "173559.234000", "173559.234000", "173559.218000", "173559.218000", "173559.218000", "173559.218000", "173559.218000", "173559.218000", "173559.218000", "173559.203000", "173559.203000", "173559.203000", "173559.203000", "173559.203000", "173559.203000", "173559.203000", "173559.203000", "173559.203000", "173559.187000", "173559.187000", "173559.187000", "173559.187000", "173559.187000", "173559.187000", "173559.171000", "173559.171000", "173559.171000", "173559.171000", "173559.171000", "173559.171000", "173559.171000", "173559.171000", "173559.156000", "173559.156000", "173559.156000"], "CsaImage.Actual3DImaPartNumber": [255, 254, 253, 252, 251, 250, 249, 248, 247, 246, 245, 244, 243, 242, 241, 240, 239, 238, 237, 236, 235, 234, 233, 232, 231, 230, 229, 228, 227, 226, 225, 224, 223, 222, 221, 220, 219, 218, 217, 216, 215, 214, 213, 212, 211, 210, 209, 208, 207, 206, 205, 204, 203, 202, 201, 200, 199, 198, 197, 196, 195, 194, 193, 192, 191, 190, 189, 188, 187, 186, 185, 184, 183, 182, 181, 180, 179, 178, 177, 176, 175, 174, 173, 172, 171, 170, 169, 168, 167, 166, 165, 164, 163, 162, 161, 160, 159, 158, 157, 156, 155, 154, 153, 152, 151, 150, 149, 148, 147, 146, 145, 144, 143, 142, 141, 140, 139, 138, 137, 136, 135, 134, 133, 132, 131, 130, 129, 128, 127, 126, 125, 124, 123, 122, 121, 120, 119, 118, 117, 116, 115, 114, 113, 112, 111, 110, 109, 108, 107, 106, 105, 104, 103, 102, 101, 100, 99, 98, 97, 96, 95, 94, 93, 92, 91, 90, 89, 88, 87, 86, 85, 84, 83, 82, 81, 80, 79, 78, 77, 76, 75, 74, 73, 72, 71, 70, 69, 68, 67, 66, 65, 64, 63, 62, 61, 60, 59, 58, 57, 56, 55, 54, 53, 52, 51, 50, 49, 48, 47, 46, 45, 44, 43, 42, 41, 40, 39, 38, 37, 36, 35, 34, 33, 32, 31, 30, 29, 28, 27, 26, 25, 24, 23, 22, 21, 20, 19, 18, 17, 16, 15, 14, 13, 12, 11, 10, 9, 8, 7, 6, 5, 4, 3, 2, 1, 0], "CsaImage.ICE_Dims": ["X_1_1_1_1_1_256_1_1_1_1_1_690", "X_1_1_1_1_1_255_1_1_1_1_1_690", "X_1_1_1_1_1_254_1_1_1_1_1_690", "X_1_1_1_1_1_253_1_1_1_1_1_690", "X_1_1_1_1_1_252_1_1_1_1_1_690", "X_1_1_1_1_1_251_1_1_1_1_1_690", "X_1_1_1_1_1_250_1_1_1_1_1_690", "X_1_1_1_1_1_249_1_1_1_1_1_690", "X_1_1_1_1_1_248_1_1_1_1_1_690", "X_1_1_1_1_1_247_1_1_1_1_1_690", "X_1_1_1_1_1_246_1_1_1_1_1_690", "X_1_1_1_1_1_245_1_1_1_1_1_690", "X_1_1_1_1_1_244_1_1_1_1_1_690", "X_1_1_1_1_1_243_1_1_1_1_1_690", "X_1_1_1_1_1_242_1_1_1_1_1_690", "X_1_1_1_1_1_241_1_1_1_1_1_690", "X_1_1_1_1_1_240_1_1_1_1_1_690", "X_1_1_1_1_1_239_1_1_1_1_1_690", "X_1_1_1_1_1_238_1_1_1_1_1_690", "X_1_1_1_1_1_237_1_1_1_1_1_690", "X_1_1_1_1_1_236_1_1_1_1_1_690", "X_1_1_1_1_1_235_1_1_1_1_1_690", "X_1_1_1_1_1_234_1_1_1_1_1_690", "X_1_1_1_1_1_233_1_1_1_1_1_690", "X_1_1_1_1_1_232_1_1_1_1_1_690", "X_1_1_1_1_1_231_1_1_1_1_1_690", "X_1_1_1_1_1_230_1_1_1_1_1_690", "X_1_1_1_1_1_229_1_1_1_1_1_690", "X_1_1_1_1_1_228_1_1_1_1_1_690", "X_1_1_1_1_1_227_1_1_1_1_1_690", "X_1_1_1_1_1_226_1_1_1_1_1_690", "X_1_1_1_1_1_225_1_1_1_1_1_690", "X_1_1_1_1_1_224_1_1_1_1_1_690", "X_1_1_1_1_1_223_1_1_1_1_1_690", "X_1_1_1_1_1_222_1_1_1_1_1_690", "X_1_1_1_1_1_221_1_1_1_1_1_690", "X_1_1_1_1_1_220_1_1_1_1_1_690", "X_1_1_1_1_1_219_1_1_1_1_1_690", "X_1_1_1_1_1_218_1_1_1_1_1_690", "X_1_1_1_1_1_217_1_1_1_1_1_690", "X_1_1_1_1_1_216_1_1_1_1_1_690", "X_1_1_1_1_1_215_1_1_1_1_1_690", "X_1_1_1_1_1_214_1_1_1_1_1_690", "X_1_1_1_1_1_213_1_1_1_1_1_690", "X_1_1_1_1_1_212_1_1_1_1_1_690", "X_1_1_1_1_1_211_1_1_1_1_1_690", "X_1_1_1_1_1_210_1_1_1_1_1_690", "X_1_1_1_1_1_209_1_1_1_1_1_690", "X_1_1_1_1_1_208_1_1_1_1_1_690", "X_1_1_1_1_1_207_1_1_1_1_1_690", "X_1_1_1_1_1_206_1_1_1_1_1_690", "X_1_1_1_1_1_205_1_1_1_1_1_690", "X_1_1_1_1_1_204_1_1_1_1_1_690", "X_1_1_1_1_1_203_1_1_1_1_1_690", "X_1_1_1_1_1_202_1_1_1_1_1_690", "X_1_1_1_1_1_201_1_1_1_1_1_690", "X_1_1_1_1_1_200_1_1_1_1_1_690", "X_1_1_1_1_1_199_1_1_1_1_1_690", "X_1_1_1_1_1_198_1_1_1_1_1_690", "X_1_1_1_1_1_197_1_1_1_1_1_690", "X_1_1_1_1_1_196_1_1_1_1_1_690", "X_1_1_1_1_1_195_1_1_1_1_1_690", "X_1_1_1_1_1_194_1_1_1_1_1_690", "X_1_1_1_1_1_193_1_1_1_1_1_690", "X_1_1_1_1_1_192_1_1_1_1_1_690", "X_1_1_1_1_1_191_1_1_1_1_1_690", "X_1_1_1_1_1_190_1_1_1_1_1_690", "X_1_1_1_1_1_189_1_1_1_1_1_690", "X_1_1_1_1_1_188_1_1_1_1_1_690", "X_1_1_1_1_1_187_1_1_1_1_1_690", "X_1_1_1_1_1_186_1_1_1_1_1_690", "X_1_1_1_1_1_185_1_1_1_1_1_690", "X_1_1_1_1_1_184_1_1_1_1_1_690", "X_1_1_1_1_1_183_1_1_1_1_1_690", "X_1_1_1_1_1_182_1_1_1_1_1_690", "X_1_1_1_1_1_181_1_1_1_1_1_690", "X_1_1_1_1_1_180_1_1_1_1_1_690", "X_1_1_1_1_1_179_1_1_1_1_1_690", "X_1_1_1_1_1_178_1_1_1_1_1_690", "X_1_1_1_1_1_177_1_1_1_1_1_690", "X_1_1_1_1_1_176_1_1_1_1_1_690", "X_1_1_1_1_1_175_1_1_1_1_1_690", "X_1_1_1_1_1_174_1_1_1_1_1_690", "X_1_1_1_1_1_173_1_1_1_1_1_690", "X_1_1_1_1_1_172_1_1_1_1_1_690", "X_1_1_1_1_1_171_1_1_1_1_1_690", "X_1_1_1_1_1_170_1_1_1_1_1_690", "X_1_1_1_1_1_169_1_1_1_1_1_690", "X_1_1_1_1_1_168_1_1_1_1_1_690", "X_1_1_1_1_1_167_1_1_1_1_1_690", "X_1_1_1_1_1_166_1_1_1_1_1_690", "X_1_1_1_1_1_165_1_1_1_1_1_690", "X_1_1_1_1_1_164_1_1_1_1_1_690", "X_1_1_1_1_1_163_1_1_1_1_1_690", "X_1_1_1_1_1_162_1_1_1_1_1_690", "X_1_1_1_1_1_161_1_1_1_1_1_690", "X_1_1_1_1_1_160_1_1_1_1_1_690", "X_1_1_1_1_1_159_1_1_1_1_1_690", "X_1_1_1_1_1_158_1_1_1_1_1_690", "X_1_1_1_1_1_157_1_1_1_1_1_690", "X_1_1_1_1_1_156_1_1_1_1_1_690", "X_1_1_1_1_1_155_1_1_1_1_1_690", "X_1_1_1_1_1_154_1_1_1_1_1_690", "X_1_1_1_1_1_153_1_1_1_1_1_690", "X_1_1_1_1_1_152_1_1_1_1_1_690", "X_1_1_1_1_1_151_1_1_1_1_1_690", "X_1_1_1_1_1_150_1_1_1_1_1_690", "X_1_1_1_1_1_149_1_1_1_1_1_690", "X_1_1_1_1_1_148_1_1_1_1_1_690", "X_1_1_1_1_1_147_1_1_1_1_1_690", "X_1_1_1_1_1_146_1_1_1_1_1_690", "X_1_1_1_1_1_145_1_1_1_1_1_690", "X_1_1_1_1_1_144_1_1_1_1_1_690", "X_1_1_1_1_1_143_1_1_1_1_1_690", "X_1_1_1_1_1_142_1_1_1_1_1_690", "X_1_1_1_1_1_141_1_1_1_1_1_690", "X_1_1_1_1_1_140_1_1_1_1_1_690", "X_1_1_1_1_1_139_1_1_1_1_1_690", "X_1_1_1_1_1_138_1_1_1_1_1_690", "X_1_1_1_1_1_137_1_1_1_1_1_690", "X_1_1_1_1_1_136_1_1_1_1_1_690", "X_1_1_1_1_1_135_1_1_1_1_1_690", "X_1_1_1_1_1_134_1_1_1_1_1_690", "X_1_1_1_1_1_133_1_1_1_1_1_690", "X_1_1_1_1_1_132_1_1_1_1_1_690", "X_1_1_1_1_1_131_1_1_1_1_1_690", "X_1_1_1_1_1_130_1_1_1_1_1_690", "X_1_1_1_1_1_129_1_1_1_1_1_690", "X_1_1_1_1_1_128_1_1_1_1_1_690", "X_1_1_1_1_1_127_1_1_1_1_1_690", "X_1_1_1_1_1_126_1_1_1_1_1_690", "X_1_1_1_1_1_125_1_1_1_1_1_690", "X_1_1_1_1_1_124_1_1_1_1_1_690", "X_1_1_1_1_1_123_1_1_1_1_1_690", "X_1_1_1_1_1_122_1_1_1_1_1_690", "X_1_1_1_1_1_121_1_1_1_1_1_690", "X_1_1_1_1_1_120_1_1_1_1_1_690", "X_1_1_1_1_1_119_1_1_1_1_1_690", "X_1_1_1_1_1_118_1_1_1_1_1_690", "X_1_1_1_1_1_117_1_1_1_1_1_690", "X_1_1_1_1_1_116_1_1_1_1_1_690", "X_1_1_1_1_1_115_1_1_1_1_1_690", "X_1_1_1_1_1_114_1_1_1_1_1_690", "X_1_1_1_1_1_113_1_1_1_1_1_690", "X_1_1_1_1_1_112_1_1_1_1_1_690", "X_1_1_1_1_1_111_1_1_1_1_1_690", "X_1_1_1_1_1_110_1_1_1_1_1_690", "X_1_1_1_1_1_109_1_1_1_1_1_690", "X_1_1_1_1_1_108_1_1_1_1_1_690", "X_1_1_1_1_1_107_1_1_1_1_1_690", "X_1_1_1_1_1_106_1_1_1_1_1_690", "X_1_1_1_1_1_105_1_1_1_1_1_690", "X_1_1_1_1_1_104_1_1_1_1_1_690", "X_1_1_1_1_1_103_1_1_1_1_1_690", "X_1_1_1_1_1_102_1_1_1_1_1_690", "X_1_1_1_1_1_101_1_1_1_1_1_690", "X_1_1_1_1_1_100_1_1_1_1_1_690", "X_1_1_1_1_1_99_1_1_1_1_1_690", "X_1_1_1_1_1_98_1_1_1_1_1_690", "X_1_1_1_1_1_97_1_1_1_1_1_690", "X_1_1_1_1_1_96_1_1_1_1_1_690", "X_1_1_1_1_1_95_1_1_1_1_1_690", "X_1_1_1_1_1_94_1_1_1_1_1_690", "X_1_1_1_1_1_93_1_1_1_1_1_690", "X_1_1_1_1_1_92_1_1_1_1_1_690", "X_1_1_1_1_1_91_1_1_1_1_1_690", "X_1_1_1_1_1_90_1_1_1_1_1_690", "X_1_1_1_1_1_89_1_1_1_1_1_690", "X_1_1_1_1_1_88_1_1_1_1_1_690", "X_1_1_1_1_1_87_1_1_1_1_1_690", "X_1_1_1_1_1_86_1_1_1_1_1_690", "X_1_1_1_1_1_85_1_1_1_1_1_690", "X_1_1_1_1_1_84_1_1_1_1_1_690", "X_1_1_1_1_1_83_1_1_1_1_1_690", "X_1_1_1_1_1_82_1_1_1_1_1_690", "X_1_1_1_1_1_81_1_1_1_1_1_690", "X_1_1_1_1_1_80_1_1_1_1_1_690", "X_1_1_1_1_1_79_1_1_1_1_1_690", "X_1_1_1_1_1_78_1_1_1_1_1_690", "X_1_1_1_1_1_77_1_1_1_1_1_690", "X_1_1_1_1_1_76_1_1_1_1_1_690", "X_1_1_1_1_1_75_1_1_1_1_1_690", "X_1_1_1_1_1_74_1_1_1_1_1_690", "X_1_1_1_1_1_73_1_1_1_1_1_690", "X_1_1_1_1_1_72_1_1_1_1_1_690", "X_1_1_1_1_1_71_1_1_1_1_1_690", "X_1_1_1_1_1_70_1_1_1_1_1_690", "X_1_1_1_1_1_69_1_1_1_1_1_690", "X_1_1_1_1_1_68_1_1_1_1_1_690", "X_1_1_1_1_1_67_1_1_1_1_1_690", "X_1_1_1_1_1_66_1_1_1_1_1_690", "X_1_1_1_1_1_65_1_1_1_1_1_690", "X_1_1_1_1_1_64_1_1_1_1_1_690", "X_1_1_1_1_1_63_1_1_1_1_1_690", "X_1_1_1_1_1_62_1_1_1_1_1_690", "X_1_1_1_1_1_61_1_1_1_1_1_690", "X_1_1_1_1_1_60_1_1_1_1_1_690", "X_1_1_1_1_1_59_1_1_1_1_1_690", "X_1_1_1_1_1_58_1_1_1_1_1_690", "X_1_1_1_1_1_57_1_1_1_1_1_690", "X_1_1_1_1_1_56_1_1_1_1_1_690", "X_1_1_1_1_1_55_1_1_1_1_1_690", "X_1_1_1_1_1_54_1_1_1_1_1_690", "X_1_1_1_1_1_53_1_1_1_1_1_690", "X_1_1_1_1_1_52_1_1_1_1_1_690", "X_1_1_1_1_1_51_1_1_1_1_1_690", "X_1_1_1_1_1_50_1_1_1_1_1_690", "X_1_1_1_1_1_49_1_1_1_1_1_690", "X_1_1_1_1_1_48_1_1_1_1_1_690", "X_1_1_1_1_1_47_1_1_1_1_1_690", "X_1_1_1_1_1_46_1_1_1_1_1_690", "X_1_1_1_1_1_45_1_1_1_1_1_690", "X_1_1_1_1_1_44_1_1_1_1_1_690", "X_1_1_1_1_1_43_1_1_1_1_1_690", "X_1_1_1_1_1_42_1_1_1_1_1_690", "X_1_1_1_1_1_41_1_1_1_1_1_690", "X_1_1_1_1_1_40_1_1_1_1_1_690", "X_1_1_1_1_1_39_1_1_1_1_1_690", "X_1_1_1_1_1_38_1_1_1_1_1_690", "X_1_1_1_1_1_37_1_1_1_1_1_690", "X_1_1_1_1_1_36_1_1_1_1_1_690", "X_1_1_1_1_1_35_1_1_1_1_1_690", "X_1_1_1_1_1_34_1_1_1_1_1_690", "X_1_1_1_1_1_33_1_1_1_1_1_690", "X_1_1_1_1_1_32_1_1_1_1_1_690", "X_1_1_1_1_1_31_1_1_1_1_1_690", "X_1_1_1_1_1_30_1_1_1_1_1_690", "X_1_1_1_1_1_29_1_1_1_1_1_690", "X_1_1_1_1_1_28_1_1_1_1_1_690", "X_1_1_1_1_1_27_1_1_1_1_1_690", "X_1_1_1_1_1_26_1_1_1_1_1_690", "X_1_1_1_1_1_25_1_1_1_1_1_690", "X_1_1_1_1_1_24_1_1_1_1_1_690", "X_1_1_1_1_1_23_1_1_1_1_1_690", "X_1_1_1_1_1_22_1_1_1_1_1_690", "X_1_1_1_1_1_21_1_1_1_1_1_690", "X_1_1_1_1_1_20_1_1_1_1_1_690", "X_1_1_1_1_1_19_1_1_1_1_1_690", "X_1_1_1_1_1_18_1_1_1_1_1_690", "X_1_1_1_1_1_17_1_1_1_1_1_690", "X_1_1_1_1_1_16_1_1_1_1_1_690", "X_1_1_1_1_1_15_1_1_1_1_1_690", "X_1_1_1_1_1_14_1_1_1_1_1_690", "X_1_1_1_1_1_13_1_1_1_1_1_690", "X_1_1_1_1_1_12_1_1_1_1_1_690", "X_1_1_1_1_1_11_1_1_1_1_1_690", "X_1_1_1_1_1_10_1_1_1_1_1_690", "X_1_1_1_1_1_9_1_1_1_1_1_690", "X_1_1_1_1_1_8_1_1_1_1_1_690", "X_1_1_1_1_1_7_1_1_1_1_1_690", "X_1_1_1_1_1_6_1_1_1_1_1_690", "X_1_1_1_1_1_5_1_1_1_1_1_690", "X_1_1_1_1_1_4_1_1_1_1_1_690", "X_1_1_1_1_1_3_1_1_1_1_1_690", "X_1_1_1_1_1_2_1_1_1_1_1_690", "X_1_1_1_1_1_1_1_1_1_1_1_690"], "CsaImage.SlicePosition_PCS": [[99.36457379, -88.72101962, 116.76504429], [98.56506312, -88.73080131, 116.73883282], [97.76555246, -88.740583, 116.71262135], [96.9660418, -88.75036469, 116.68640988], [96.16653114, -88.76014638, 116.66019841], [95.36702048, -88.76992807, 116.63398694], [94.56750982, -88.77970977, 116.60777546], [93.76799916, -88.78949146, 116.58156399], [92.9684885, -88.79927315, 116.55535252], [92.16897784, -88.80905484, 116.52914105], [91.36946718, -88.81883653, 116.50292958], [90.56995652, -88.82861822, 116.47671811], [89.77044586, -88.83839991, 116.45050664], [88.9709352, -88.8481816, 116.42429517], [88.17142454, -88.85796329, 116.3980837], [87.37191388, -88.86774498, 116.37187222], [86.57240322, -88.87752667, 116.34566075], [85.77289256, -88.88730836, 116.31944928], [84.9733819, -88.89709005, 116.29323781], [84.17387123, -88.90687175, 116.26702634], [83.37436057, -88.91665344, 116.24081487], [82.57484991, -88.92643513, 116.2146034], [81.77533925, -88.93621682, 116.18839193], [80.97582859, -88.94599851, 116.16218046], [80.17631793, -88.9557802, 116.13596899], [79.37680727, -88.96556189, 116.10975751], [78.57729661, -88.97534358, 116.08354604], [77.77778595, -88.98512527, 116.05733457], [76.97827529, -88.99490696, 116.0311231], [76.17876463, -89.00468865, 116.00491163], [75.37925397, -89.01447034, 115.97870016], [74.57974331, -89.02425204, 115.95248869], [73.78023265, -89.03403373, 115.92627722], [72.98072199, -89.04381542, 115.90006575], [72.18121133, -89.05359711, 115.87385427], [71.38170067, -89.0633788, 115.8476428], [70.58219, -89.07316049, 115.82143133], [69.78267934, -89.08294218, 115.79521986], [68.98316868, -89.09272387, 115.76900839], [68.18365802, -89.10250556, 115.74279692], [67.38414736, -89.11228725, 115.71658545], [66.5846367, -89.12206894, 115.69037398], [65.78512604, -89.13185063, 115.66416251], [64.98561538, -89.14163232, 115.63795104], [64.18610472, -89.15141402, 115.61173956], [63.38659406, -89.16119571, 115.58552809], [62.5870834, -89.1709774, 115.55931662], [61.78757274, -89.18075909, 115.53310515], [60.98806208, -89.19054078, 115.50689368], [60.18855142, -89.20032247, 115.48068221], [59.38904076, -89.21010416, 115.45447074], [58.5895301, -89.21988585, 115.42825927], [57.79001944, -89.22966754, 115.4020478], [56.99050877, -89.23944923, 115.37583633], [56.19099811, -89.24923092, 115.34962485], [55.39148745, -89.25901261, 115.32341338], [54.59197679, -89.2687943, 115.29720191], [53.79246613, -89.278576, 115.27099044], [52.99295547, -89.28835769, 115.24477897], [52.19344481, -89.29813938, 115.2185675], [51.39393415, -89.30792107, 115.19235603], [50.59442349, -89.31770276, 115.16614456], [49.79491283, -89.32748445, 115.13993309], [48.99540217, -89.33726614, 115.11372161], [48.19589151, -89.34704783, 115.08751014], [47.39638085, -89.35682952, 115.06129867], [46.59687019, -89.36661121, 115.0350872], [45.79735953, -89.3763929, 115.00887573], [44.99784887, -89.38617459, 114.98266426], [44.19833821, -89.39595628, 114.95645279], [43.39882754, -89.40573798, 114.93024132], [42.59931688, -89.41551967, 114.90402985], [41.79980622, -89.42530136, 114.87781838], [41.00029556, -89.43508305, 114.8516069], [40.2007849, -89.44486474, 114.82539543], [39.40127424, -89.45464643, 114.79918396], [38.60176358, -89.46442812, 114.77297249], [37.80225292, -89.47420981, 114.74676102], [37.00274226, -89.4839915, 114.72054955], [36.2032316, -89.49377319, 114.69433808], [35.40372094, -89.50355488, 114.66812661], [34.60421028, -89.51333657, 114.64191514], [33.80469962, -89.52311826, 114.61570366], [33.00518896, -89.53289996, 114.58949219], [32.2056783, -89.54268165, 114.56328072], [31.40616764, -89.55246334, 114.53706925], [30.60665698, -89.56224503, 114.51085778], [29.80714631, -89.57202672, 114.48464631], [29.00763565, -89.58180841, 114.45843484], [28.20812499, -89.5915901, 114.43222337], [27.40861433, -89.60137179, 114.4060119], [26.60910367, -89.61115348, 114.37980043], [25.80959301, -89.62093517, 114.35358895], [25.01008235, -89.63071686, 114.32737748], [24.21057169, -89.64049855, 114.30116601], [23.41106103, -89.65028024, 114.27495454], [22.61155037, -89.66006194, 114.24874307], [21.81203971, -89.66984363, 114.2225316], [21.01252905, -89.67962532, 114.19632013], [20.21301839, -89.68940701, 114.17010866], [19.41350773, -89.6991887, 114.14389719], [18.61399707, -89.70897039, 114.11768572], [17.81448641, -89.71875208, 114.09147424], [17.01497575, -89.72853377, 114.06526277], [16.21546508, -89.73831546, 114.0390513], [15.41595442, -89.74809715, 114.01283983], [14.61644376, -89.75787884, 113.98662836], [13.8169331, -89.76766053, 113.96041689], [13.01742244, -89.77744223, 113.93420542], [12.21791178, -89.78722392, 113.90799395], [11.41840112, -89.79700561, 113.88178248], [10.61889046, -89.8067873, 113.855571], [9.8193798, -89.81656899, 113.82935953], [9.01986914, -89.82635068, 113.80314806], [8.22035848, -89.83613237, 113.77693659], [7.42084782, -89.84591406, 113.75072512], [6.62133716, -89.85569575, 113.72451365], [5.8218265, -89.86547744, 113.69830218], [5.02231584, -89.87525913, 113.67209071], [4.22280518, -89.88504082, 113.64587924], [3.42329452, -89.89482251, 113.61966777], [2.62378386, -89.90460421, 113.59345629], [1.82427319, -89.9143859, 113.56724482], [1.02476253, -89.92416759, 113.54103335], [0.22525187, -89.93394928, 113.51482188], [-0.57425879, -89.94373097, 113.48861041], [-1.37376945, -89.95351266, 113.46239894], [-2.17328011, -89.96329435, 113.43618747], [-2.97279077, -89.97307604, 113.409976], [-3.77230143, -89.98285773, 113.38376453], [-4.57181209, -89.99263942, 113.35755305], [-5.37132275, -90.00242111, 113.33134158], [-6.17083341, -90.0122028, 113.30513011], [-6.97034407, -90.02198449, 113.27891864], [-7.76985473, -90.03176619, 113.25270717], [-8.56936539, -90.04154788, 113.2264957], [-9.36887605, -90.05132957, 113.20028423], [-10.16838671, -90.06111126, 113.17407276], [-10.96789737, -90.07089295, 113.14786129], [-11.76740804, -90.08067464, 113.12164982], [-12.5669187, -90.09045633, 113.09543834], [-13.36642936, -90.10023802, 113.06922687], [-14.16594002, -90.11001971, 113.0430154], [-14.96545068, -90.1198014, 113.01680393], [-15.76496134, -90.12958309, 112.99059246], [-16.564472, -90.13936478, 112.96438099], [-17.36398266, -90.14914647, 112.93816952], [-18.16349332, -90.15892817, 112.91195805], [-18.96300398, -90.16870986, 112.88574658], [-19.76251464, -90.17849155, 112.85953511], [-20.5620253, -90.18827324, 112.83332363], [-21.36153596, -90.19805493, 112.80711216], [-22.16104662, -90.20783662, 112.78090069], [-22.96055728, -90.21761831, 112.75468922], [-23.76006794, -90.2274, 112.72847775], [-24.5595786, -90.23718169, 112.70226628], [-25.35908927, -90.24696338, 112.67605481], [-26.15859993, -90.25674507, 112.64984334], [-26.95811059, -90.26652676, 112.62363187], [-27.75762125, -90.27630845, 112.59742039], [-28.55713191, -90.28609015, 112.57120892], [-29.35664257, -90.29587184, 112.54499745], [-30.15615323, -90.30565353, 112.51878598], [-30.95566389, -90.31543522, 112.49257451], [-31.75517455, -90.32521691, 112.46636304], [-32.55468521, -90.3349986, 112.44015157], [-33.35419587, -90.34478029, 112.4139401], [-34.15370653, -90.35456198, 112.38772863], [-34.95321719, -90.36434367, 112.36151716], [-35.75272785, -90.37412536, 112.33530568], [-36.55223851, -90.38390705, 112.30909421], [-37.35174917, -90.39368874, 112.28288274], [-38.15125983, -90.40347043, 112.25667127], [-38.9507705, -90.41325213, 112.2304598], [-39.75028116, -90.42303382, 112.20424833], [-40.54979182, -90.43281551, 112.17803686], [-41.34930248, -90.4425972, 112.15182539], [-42.14881314, -90.45237889, 112.12561392], [-42.9483238, -90.46216058, 112.09940244], [-43.74783446, -90.47194227, 112.07319097], [-44.54734512, -90.48172396, 112.0469795], [-45.34685578, -90.49150565, 112.02076803], [-46.14636644, -90.50128734, 111.99455656], [-46.9458771, -90.51106903, 111.96834509], [-47.74538776, -90.52085072, 111.94213362], [-48.54489842, -90.53063242, 111.91592215], [-49.34440908, -90.54041411, 111.88971068], [-50.14391974, -90.5501958, 111.86349921], [-50.9434304, -90.55997749, 111.83728773], [-51.74294106, -90.56975918, 111.81107626], [-52.54245173, -90.57954087, 111.78486479], [-53.34196239, -90.58932256, 111.75865332], [-54.14147305, -90.59910425, 111.73244185], [-54.94098371, -90.60888594, 111.70623038], [-55.74049437, -90.61866763, 111.68001891], [-56.54000503, -90.62844932, 111.65380744], [-57.33951569, -90.63823101, 111.62759597], [-58.13902635, -90.6480127, 111.6013845], [-58.93853701, -90.6577944, 111.57517302], [-59.73804767, -90.66757609, 111.54896155], [-60.53755833, -90.67735778, 111.52275008], [-61.33706899, -90.68713947, 111.49653861], [-62.13657965, -90.69692116, 111.47032714], [-62.93609031, -90.70670285, 111.44411567], [-63.73560097, -90.71648454, 111.4179042], [-64.53511163, -90.72626623, 111.39169273], [-65.33462229, -90.73604792, 111.36548126], [-66.13413295, -90.74582961, 111.33926978], [-66.93364362, -90.7556113, 111.31305831], [-67.73315428, -90.76539299, 111.28684684], [-68.53266494, -90.77517468, 111.26063537], [-69.3321756, -90.78495638, 111.2344239], [-70.13168626, -90.79473807, 111.20821243], [-70.93119692, -90.80451976, 111.18200096], [-71.73070758, -90.81430145, 111.15578949], [-72.53021824, -90.82408314, 111.12957802], [-73.3297289, -90.83386483, 111.10336655], [-74.12923956, -90.84364652, 111.07715507], [-74.92875022, -90.85342821, 111.0509436], [-75.72826088, -90.8632099, 111.02473213], [-76.52777154, -90.87299159, 110.99852066], [-77.3272822, -90.88277328, 110.97230919], [-78.12679286, -90.89255497, 110.94609772], [-78.92630352, -90.90233666, 110.91988625], [-79.72581418, -90.91211836, 110.89367478], [-80.52532485, -90.92190005, 110.86746331], [-81.32483551, -90.93168174, 110.84125183], [-82.12434617, -90.94146343, 110.81504036], [-82.92385683, -90.95124512, 110.78882889], [-83.72336749, -90.96102681, 110.76261742], [-84.52287815, -90.9708085, 110.73640595], [-85.32238881, -90.98059019, 110.71019448], [-86.12189947, -90.99037188, 110.68398301], [-86.92141013, -91.00015357, 110.65777154], [-87.72092079, -91.00993526, 110.63156007], [-88.52043145, -91.01971695, 110.6053486], [-89.31994211, -91.02949864, 110.57913712], [-90.11945277, -91.03928034, 110.55292565], [-90.91896343, -91.04906203, 110.52671418], [-91.71847409, -91.05884372, 110.50050271], [-92.51798475, -91.06862541, 110.47429124], [-93.31749541, -91.0784071, 110.44807977], [-94.11700608, -91.08818879, 110.4218683], [-94.91651674, -91.09797048, 110.39565683], [-95.7160274, -91.10775217, 110.36944536], [-96.51553806, -91.11753386, 110.34323389], [-97.31504872, -91.12731555, 110.31702241], [-98.11455938, -91.13709724, 110.29081094], [-98.91407004, -91.14687893, 110.26459947], [-99.7135807, -91.15666062, 110.238388], [-100.51309136, -91.16644232, 110.21217653], [-101.31260202, -91.17622401, 110.18596506], [-102.11211268, -91.1860057, 110.15975359], [-102.91162334, -91.19578739, 110.13354212], [-103.711134, -91.20556908, 110.10733065], [-104.51064466, -91.21535077, 110.08111917]], "ImagePositionPatient": [[99.36457378556, -88.721019620932, 116.76504429028], [98.565063124978, -88.730801311711, 116.73883281924], [97.765552464395, -88.74058300249, 116.71262134819], [96.966041803813, -88.750364693269, 116.68640987715], [96.166531143231, -88.760146384047, 116.66019840611], [95.367020482648, -88.769928074826, 116.63398693507], [94.567509822066, -88.779709765605, 116.60777546403], [93.767999161484, -88.789491456384, 116.58156399299], [92.968488500901, -88.799273147163, 116.55535252194], [92.168977840319, -88.809054837941, 116.5291410509], [91.369467179737, -88.81883652872, 116.50292957986], [90.569956519154, -88.828618219499, 116.47671810882], [89.770445858572, -88.838399910278, 116.45050663778], [88.970935197989, -88.848181601057, 116.42429516674], [88.171424537407, -88.857963291835, 116.39808369569], [87.371913876825, -88.867744982614, 116.37187222465], [86.572403216242, -88.877526673393, 116.34566075361], [85.77289255566, -88.887308364172, 116.31944928257], [84.973381895078, -88.897090054951, 116.29323781153], [84.173871234495, -88.906871745729, 116.26702634048], [83.374360573913, -88.916653436508, 116.24081486944], [82.574849913331, -88.926435127287, 116.2146033984], [81.775339252748, -88.936216818066, 116.18839192736], [80.975828592166, -88.945998508845, 116.16218045632], [80.176317931584, -88.955780199623, 116.13596898528], [79.376807271001, -88.965561890402, 116.10975751423], [78.577296610419, -88.975343581181, 116.08354604319], [77.777785949837, -88.98512527196, 116.05733457215], [76.978275289254, -88.994906962739, 116.03112310111], [76.178764628672, -89.004688653517, 116.00491163007], [75.37925396809, -89.014470344296, 115.97870015903], [74.579743307507, -89.024252035075, 115.95248868798], [73.780232646925, -89.034033725854, 115.92627721694], [72.980721986342, -89.043815416633, 115.9000657459], [72.18121132576, -89.053597107411, 115.87385427486], [71.381700665178, -89.06337879819, 115.84764280382], [70.582190004595, -89.073160488969, 115.82143133278], [69.782679344013, -89.082942179748, 115.79521986173], [68.983168683431, -89.092723870527, 115.76900839069], [68.183658022848, -89.102505561305, 115.74279691965], [67.384147362266, -89.112287252084, 115.71658544861], [66.584636701684, -89.122068942863, 115.69037397757], [65.785126041101, -89.131850633642, 115.66416250653], [64.985615380519, -89.141632324421, 115.63795103548], [64.186104719937, -89.151414015199, 115.61173956444], [63.386594059354, -89.161195705978, 115.5855280934], [62.587083398772, -89.170977396757, 115.55931662236], [61.78757273819, -89.180759087536, 115.53310515132], [60.988062077607, -89.190540778315, 115.50689368028], [60.188551417025, -89.200322469093, 115.48068220923], [59.389040756443, -89.210104159872, 115.45447073819], [58.58953009586, -89.219885850651, 115.42825926715], [57.790019435278, -89.22966754143, 115.40204779611], [56.990508774695, -89.239449232209, 115.37583632507], [56.190998114113, -89.249230922987, 115.34962485403], [55.391487453531, -89.259012613766, 115.32341338298], [54.591976792948, -89.268794304545, 115.29720191194], [53.792466132366, -89.278575995324, 115.2709904409], [52.992955471784, -89.288357686102, 115.24477896986], [52.193444811201, -89.298139376881, 115.21856749882], [51.393934150619, -89.30792106766, 115.19235602777], [50.594423490037, -89.317702758439, 115.16614455673], [49.794912829454, -89.327484449218, 115.13993308569], [48.995402168872, -89.337266139996, 115.11372161465], [48.19589150829, -89.347047830775, 115.08751014361], [47.396380847707, -89.356829521554, 115.06129867257], [46.596870187125, -89.366611212333, 115.03508720152], [45.797359526543, -89.376392903112, 115.00887573048], [44.99784886596, -89.38617459389, 114.98266425944], [44.198338205378, -89.395956284669, 114.9564527884], [43.398827544796, -89.405737975448, 114.93024131736], [42.599316884213, -89.415519666227, 114.90402984632], [41.799806223631, -89.425301357006, 114.87781837527], [41.000295563049, -89.435083047784, 114.85160690423], [40.200784902466, -89.444864738563, 114.82539543319], [39.401274241884, -89.454646429342, 114.79918396215], [38.601763581301, -89.464428120121, 114.77297249111], [37.802252920719, -89.4742098109, 114.74676102007], [37.002742260137, -89.483991501678, 114.72054954902], [36.203231599554, -89.493773192457, 114.69433807798], [35.403720938972, -89.503554883236, 114.66812660694], [34.60421027839, -89.513336574015, 114.6419151359], [33.804699617807, -89.523118264794, 114.61570366486], [33.005188957225, -89.532899955572, 114.58949219382], [32.205678296643, -89.542681646351, 114.56328072277], [31.40616763606, -89.55246333713, 114.53706925173], [30.606656975478, -89.562245027909, 114.51085778069], [29.807146314896, -89.572026718688, 114.48464630965], [29.007635654313, -89.581808409466, 114.45843483861], [28.208124993731, -89.591590100245, 114.43222336757], [27.408614333149, -89.601371791024, 114.40601189652], [26.609103672566, -89.611153481803, 114.37980042548], [25.809593011984, -89.620935172582, 114.35358895444], [25.010082351402, -89.63071686336, 114.3273774834], [24.210571690819, -89.640498554139, 114.30116601236], [23.411061030237, -89.650280244918, 114.27495454132], [22.611550369654, -89.660061935697, 114.24874307027], [21.812039709072, -89.669843626476, 114.22253159923], [21.01252904849, -89.679625317254, 114.19632012819], [20.213018387907, -89.689407008033, 114.17010865715], [19.413507727325, -89.699188698812, 114.14389718611], [18.613997066743, -89.708970389591, 114.11768571507], [17.81448640616, -89.71875208037, 114.09147424402], [17.014975745578, -89.728533771148, 114.06526277298], [16.215465084996, -89.738315461927, 114.03905130194], [15.415954424413, -89.748097152706, 114.0128398309], [14.616443763831, -89.757878843485, 113.98662835986], [13.816933103249, -89.767660534264, 113.96041688881], [13.017422442666, -89.777442225042, 113.93420541777], [12.217911782084, -89.787223915821, 113.90799394673], [11.418401121502, -89.7970056066, 113.88178247569], [10.618890460919, -89.806787297379, 113.85557100465], [9.8193798003369, -89.816568988158, 113.82935953361], [9.0198691397545, -89.826350678936, 113.80314806256], [8.2203584791722, -89.836132369715, 113.77693659152], [7.4208478185898, -89.845914060494, 113.75072512048], [6.6213371580075, -89.855695751273, 113.72451364944], [5.8218264974251, -89.865477442052, 113.6983021784], [5.0223158368428, -89.87525913283, 113.67209070736], [4.2228051762604, -89.885040823609, 113.64587923631], [3.4232945156781, -89.894822514388, 113.61966776527], [2.6237838550958, -89.904604205167, 113.59345629423], [1.8242731945134, -89.914385895946, 113.56724482319], [1.0247625339311, -89.924167586724, 113.54103335215], [0.2252518733487, -89.933949277503, 113.51482188111], [-0.5742587872336, -89.943730968282, 113.48861041006], [-1.373769447816, -89.953512659061, 113.46239893902], [-2.1732801083983, -89.96329434984, 113.43618746798], [-2.9727907689807, -89.973076040618, 113.40997599694], [-3.772301429563, -89.982857731397, 113.3837645259], [-4.5718120901454, -89.992639422176, 113.35755305486], [-5.3713227507277, -90.002421112955, 113.33134158381], [-6.1708334113101, -90.012202803734, 113.30513011277], [-6.9703440718924, -90.021984494512, 113.27891864173], [-7.7698547324748, -90.031766185291, 113.25270717069], [-8.5693653930571, -90.04154787607, 113.22649569965], [-9.3688760536395, -90.051329566849, 113.20028422861], [-10.168386714222, -90.061111257628, 113.17407275756], [-10.967897374804, -90.070892948406, 113.14786128652], [-11.767408035387, -90.080674639185, 113.12164981548], [-12.566918695969, -90.090456329964, 113.09543834444], [-13.366429356551, -90.100238020743, 113.0692268734], [-14.165940017134, -90.110019711522, 113.04301540236], [-14.965450677716, -90.1198014023, 113.01680393131], [-15.764961338298, -90.129583093079, 112.99059246027], [-16.564471998881, -90.139364783858, 112.96438098923], [-17.363982659463, -90.149146474637, 112.93816951819], [-18.163493320045, -90.158928165416, 112.91195804715], [-18.963003980628, -90.168709856194, 112.8857465761], [-19.76251464121, -90.178491546973, 112.85953510506], [-20.562025301792, -90.188273237752, 112.83332363402], [-21.361535962375, -90.198054928531, 112.80711216298], [-22.161046622957, -90.20783661931, 112.78090069194], [-22.960557283539, -90.217618310088, 112.7546892209], [-23.760067944122, -90.227400000867, 112.72847774985], [-24.559578604704, -90.237181691646, 112.70226627881], [-25.359089265286, -90.246963382425, 112.67605480777], [-26.158599925869, -90.256745073204, 112.64984333673], [-26.958110586451, -90.266526763982, 112.62363186569], [-27.757621247034, -90.276308454761, 112.59742039465], [-28.557131907616, -90.28609014554, 112.5712089236], [-29.356642568198, -90.295871836319, 112.54499745256], [-30.156153228781, -90.305653527098, 112.51878598152], [-30.955663889363, -90.315435217876, 112.49257451048], [-31.755174549945, -90.325216908655, 112.46636303944], [-32.554685210528, -90.334998599434, 112.4401515684], [-33.35419587111, -90.344780290213, 112.41394009735], [-34.153706531692, -90.354561980992, 112.38772862631], [-34.953217192275, -90.36434367177, 112.36151715527], [-35.752727852857, -90.374125362549, 112.33530568423], [-36.552238513439, -90.383907053328, 112.30909421319], [-37.351749174022, -90.393688744107, 112.28288274215], [-38.151259834604, -90.403470434886, 112.2566712711], [-38.950770495186, -90.413252125664, 112.23045980006], [-39.750281155769, -90.423033816443, 112.20424832902], [-40.549791816351, -90.432815507222, 112.17803685798], [-41.349302476933, -90.442597198001, 112.15182538694], [-42.148813137516, -90.45237888878, 112.1256139159], [-42.948323798098, -90.462160579558, 112.09940244485], [-43.747834458681, -90.471942270337, 112.07319097381], [-44.547345119263, -90.481723961116, 112.04697950277], [-45.346855779845, -90.491505651895, 112.02076803173], [-46.146366440428, -90.501287342674, 111.99455656069], [-46.94587710101, -90.511069033452, 111.96834508965], [-47.745387761592, -90.520850724231, 111.9421336186], [-48.544898422175, -90.53063241501, 111.91592214756], [-49.344409082757, -90.540414105789, 111.88971067652], [-50.143919743339, -90.550195796568, 111.86349920548], [-50.943430403922, -90.559977487346, 111.83728773444], [-51.742941064504, -90.569759178125, 111.8110762634], [-52.542451725086, -90.579540868904, 111.78486479235], [-53.341962385669, -90.589322559683, 111.75865332131], [-54.141473046251, -90.599104250462, 111.73244185027], [-54.940983706833, -90.60888594124, 111.70623037923], [-55.740494367416, -90.618667632019, 111.68001890819], [-56.540005027998, -90.628449322798, 111.65380743714], [-57.33951568858, -90.638231013577, 111.6275959661], [-58.139026349163, -90.648012704356, 111.60138449506], [-58.938537009745, -90.657794395134, 111.57517302402], [-59.738047670327, -90.667576085913, 111.54896155298], [-60.53755833091, -90.677357776692, 111.52275008194], [-61.337068991492, -90.687139467471, 111.49653861089], [-62.136579652075, -90.696921158249, 111.47032713985], [-62.936090312657, -90.706702849028, 111.44411566881], [-63.735600973239, -90.716484539807, 111.41790419777], [-64.535111633822, -90.726266230586, 111.39169272673], [-65.334622294404, -90.736047921365, 111.36548125569], [-66.134132954986, -90.745829612143, 111.33926978464], [-66.933643615569, -90.755611302922, 111.3130583136], [-67.733154276151, -90.765392993701, 111.28684684256], [-68.532664936733, -90.77517468448, 111.26063537152], [-69.332175597316, -90.784956375259, 111.23442390048], [-70.131686257898, -90.794738066037, 111.20821242944], [-70.93119691848, -90.804519756816, 111.18200095839], [-71.730707579063, -90.814301447595, 111.15578948735], [-72.530218239645, -90.824083138374, 111.12957801631], [-73.329728900227, -90.833864829153, 111.10336654527], [-74.12923956081, -90.843646519931, 111.07715507423], [-74.928750221392, -90.85342821071, 111.05094360319], [-75.728260881974, -90.863209901489, 111.02473213214], [-76.527771542557, -90.872991592268, 110.9985206611], [-77.327282203139, -90.882773283047, 110.97230919006], [-78.126792863722, -90.892554973825, 110.94609771902], [-78.926303524304, -90.902336664604, 110.91988624798], [-79.725814184886, -90.912118355383, 110.89367477694], [-80.525324845469, -90.921900046162, 110.86746330589], [-81.324835506051, -90.931681736941, 110.84125183485], [-82.124346166633, -90.941463427719, 110.81504036381], [-82.923856827216, -90.951245118498, 110.78882889277], [-83.723367487798, -90.961026809277, 110.76261742173], [-84.52287814838, -90.970808500056, 110.73640595069], [-85.322388808963, -90.980590190835, 110.71019447964], [-86.121899469545, -90.990371881613, 110.6839830086], [-86.921410130127, -91.000153572392, 110.65777153756], [-87.72092079071, -91.009935263171, 110.63156006652], [-88.520431451292, -91.01971695395, 110.60534859548], [-89.319942111874, -91.029498644729, 110.57913712444], [-90.119452772457, -91.039280335507, 110.55292565339], [-90.918963433039, -91.049062026286, 110.52671418235], [-91.718474093621, -91.058843717065, 110.50050271131], [-92.517984754204, -91.068625407844, 110.47429124027], [-93.317495414786, -91.078407098623, 110.44807976923], [-94.117006075369, -91.088188789401, 110.42186829818], [-94.916516735951, -91.09797048018, 110.39565682714], [-95.716027396533, -91.107752170959, 110.3694453561], [-96.515538057116, -91.117533861738, 110.34323388506], [-97.315048717698, -91.127315552517, 110.31702241402], [-98.11455937828, -91.137097243295, 110.29081094298], [-98.914070038863, -91.146878934074, 110.26459947193], [-99.713580699445, -91.156660624853, 110.23838800089], [-100.51309136003, -91.166442315632, 110.21217652985], [-101.31260202061, -91.176224006411, 110.18596505881], [-102.11211268119, -91.186005697189, 110.15975358777], [-102.91162334177, -91.195787387968, 110.13354211673], [-103.71113400236, -91.205569078747, 110.10733064568], [-104.51064466294, -91.215350769526, 110.08111917464]], "InstanceCreationTime": ["173600.906000", "173600.906000", "173600.906000", "173600.906000", "173600.906000", "173600.906000", "173600.906000", "173600.890000", "173600.890000", "173600.890000", "173600.890000", "173600.890000", "173600.875000", "173600.875000", "173600.875000", "173600.875000", "173600.875000", "173600.875000", "173600.875000", "173600.875000", "173600.859000", "173600.859000", "173600.859000", "173600.859000", "173600.859000", "173600.859000", "173600.843000", "173600.843000", "173600.843000", "173600.843000", "173600.843000", "173600.828000", "173600.828000", "173600.828000", "173600.828000", "173600.812000", "173600.812000", "173600.812000", "173600.812000", "173600.796000", "173600.796000", "173600.796000", "173600.796000", "173600.781000", "173600.781000", "173600.781000", "173600.781000", "173600.781000", "173600.781000", "173600.765000", "173600.765000", "173600.765000", "173600.765000", "173600.765000", "173600.765000", "173600.765000", "173559.609000", "173559.609000", "173559.609000", "173559.609000", "173559.609000", "173559.609000", "173559.609000", "173559.593000", "173559.593000", "173559.593000", "173559.593000", "173559.593000", "173559.593000", "173559.593000", "173559.593000", "173559.578000", "173559.578000", "173559.578000", "173559.578000", "173559.578000", "173559.578000", "173559.578000", "173559.578000", "173559.562000", "173559.562000", "173559.562000", "173559.562000", "173559.562000", "173559.562000", "173559.546000", "173559.546000", "173559.546000", "173559.531000", "173559.531000", "173559.531000", "173559.531000", "173559.531000", "173559.531000", "173559.531000", "173559.531000", "173559.515000", "173559.515000", "173559.515000", "173559.515000", "173559.515000", "173559.515000", "173559.515000", "173559.515000", "173559.515000", "173559.500000", "173559.500000", "173559.500000", "173559.500000", "173559.500000", "173559.500000", "173559.500000", "173559.500000", "173559.484000", "173559.484000", "173559.484000", "173559.484000", "173559.484000", "173559.484000", "173559.468000", "173559.468000", "173559.468000", "173559.468000", "173559.468000", "173559.468000", "173559.468000", "173559.468000", "173559.468000", "173559.453000", "173559.453000", "173559.453000", "173559.437000", "173559.437000", "173559.437000", "173559.437000", "173559.437000", "173559.421000", "173559.421000", "173559.421000", "173559.421000", "173559.421000", "173559.421000", "173559.406000", "173559.406000", "173559.406000", "173559.406000", "173559.406000", "173559.406000", "173559.406000", "173559.406000", "173559.406000", "173559.390000", "173559.390000", "173559.390000", "173559.390000", "173559.375000", "173559.375000", "173559.375000", "173559.375000", "173559.375000", "173559.375000", "173559.375000", "173559.375000", "173559.359000", "173559.359000", "173559.359000", "173559.359000", "173559.359000", "173559.359000", "173559.359000", "173559.343000", "173559.343000", "173559.343000", "173559.343000", "173559.343000", "173559.343000", "173559.343000", "173559.328000", "173559.328000", "173559.328000", "173559.328000", "173559.328000", "173559.328000", "173559.328000", "173559.328000", "173559.312000", "173559.312000", "173559.312000", "173559.312000", "173559.312000", "173559.312000", "173559.312000", "173559.312000", "173559.296000", "173559.296000", "173559.296000", "173559.296000", "173559.296000", "173559.281000", "173559.281000", "173559.281000", "173559.281000", "173559.281000", "173559.281000", "173559.281000", "173559.281000", "173559.281000", "173559.265000", "173559.265000", "173559.265000", "173559.265000", "173559.265000", "173559.265000", "173559.265000", "173559.250000", "173559.250000", "173559.250000", "173559.250000", "173559.250000", "173559.250000", "173559.250000", "173559.234000", "173559.234000", "173559.218000", "173559.218000", "173559.218000", "173559.218000", "173559.218000", "173559.218000", "173559.218000", "173559.203000", "173559.203000", "173559.203000", "173559.203000", "173559.203000", "173559.203000", "173559.203000", "173559.203000", "173559.203000", "173559.187000", "173559.187000", "173559.187000", "173559.187000", "173559.187000", "173559.187000", "173559.171000", "173559.171000", "173559.171000", "173559.171000", "173559.171000", "173559.171000", "173559.171000", "173559.171000", "173559.156000", "173559.156000", "173559.156000"], "InstanceNumber": [256, 255, 254, 253, 252, 251, 250, 249, 248, 247, 246, 245, 244, 243, 242, 241, 240, 239, 238, 237, 236, 235, 234, 233, 232, 231, 230, 229, 228, 227, 226, 225, 224, 223, 222, 221, 220, 219, 218, 217, 216, 215, 214, 213, 212, 211, 210, 209, 208, 207, 206, 205, 204, 203, 202, 201, 200, 199, 198, 197, 196, 195, 194, 193, 192, 191, 190, 189, 188, 187, 186, 185, 184, 183, 182, 181, 180, 179, 178, 177, 176, 175, 174, 173, 172, 171, 170, 169, 168, 167, 166, 165, 164, 163, 162, 161, 160, 159, 158, 157, 156, 155, 154, 153, 152, 151, 150, 149, 148, 147, 146, 145, 144, 143, 142, 141, 140, 139, 138, 137, 136, 135, 134, 133, 132, 131, 130, 129, 128, 127, 126, 125, 124, 123, 122, 121, 120, 119, 118, 117, 116, 115, 114, 113, 112, 111, 110, 109, 108, 107, 106, 105, 104, 103, 102, 101, 100, 99, 98, 97, 96, 95, 94, 93, 92, 91, 90, 89, 88, 87, 86, 85, 84, 83, 82, 81, 80, 79, 78, 77, 76, 75, 74, 73, 72, 71, 70, 69, 68, 67, 66, 65, 64, 63, 62, 61, 60, 59, 58, 57, 56, 55, 54, 53, 52, 51, 50, 49, 48, 47, 46, 45, 44, 43, 42, 41, 40, 39, 38, 37, 36, 35, 34, 33, 32, 31, 30, 29, 28, 27, 26, 25, 24, 23, 22, 21, 20, 19, 18, 17, 16, 15, 14, 13, 12, 11, 10, 9, 8, 7, 6, 5, 4, 3, 2, 1], "LargestImagePixelValue": [117, 114, 102, 106, 113, 264, 424, 500, 710, 746, 539, 433, 421, 451, 455, 735, 855, 981, 790, 1068, 971, 1051, 1672, 2696, 2302, 1788, 1888, 1832, 1757, 1515, 1567, 1513, 1247, 1322, 1372, 1553, 1692, 1681, 1748, 1721, 1543, 1566, 1613, 1473, 1383, 1340, 1282, 1234, 1291, 1344, 1328, 1271, 1258, 1195, 1591, 1528, 1596, 1657, 1638, 1707, 1760, 1685, 1648, 1757, 1826, 1819, 1959, 2132, 2209, 2009, 2828, 2660, 2635, 2637, 2707, 2672, 2655, 2715, 2924, 2823, 2746, 2901, 2744, 2937, 3105, 3216, 3039, 3362, 3124, 3249, 3330, 2776, 2937, 3208, 3249, 3236, 3144, 2863, 2676, 2833, 2957, 2801, 2517, 2277, 2365, 2738, 3116, 3016, 2655, 2881, 2690, 3857, 3943, 3183, 3446, 2449, 2023, 2094, 2223, 2007, 1702, 1576, 1496, 1691, 1724, 1844, 1728, 1942, 1792, 1661, 1825, 1759, 1526, 1519, 1586, 1547, 1696, 1888, 1706, 1582, 1869, 1725, 2199, 2292, 2013, 1992, 1897, 2137, 2199, 2075, 2241, 2225, 2281, 2155, 2159, 2594, 2737, 2522, 2489, 2448, 2454, 2575, 2436, 2975, 2932, 2700, 2870, 2892, 2864, 2907, 2885, 2869, 3251, 3208, 3259, 3093, 3080, 2972, 2824, 2838, 2696, 2709, 2569, 2647, 2674, 2719, 2786, 2937, 2118, 2115, 2196, 2204, 2378, 2036, 1978, 1711, 1747, 1665, 1640, 1507, 1507, 1471, 1453, 1275, 1432, 1284, 1362, 1431, 1363, 1359, 1518, 1794, 1684, 1620, 1856, 1928, 1692, 1678, 1690, 1698, 1860, 1917, 1993, 1983, 2165, 2086, 2463, 2376, 2444, 2647, 2685, 2624, 2660, 2466, 2834, 2159, 1335, 1312, 947, 762, 339, 411, 543, 650, 481, 590, 702, 403, 309, 294, 269, 204, 124, 123, 109, 109], "SliceLocation": [102.04472100862, 101.2447209967, 100.44472098478, 99.644720972856, 98.844720960935, 98.044720949014, 97.244720937093, 96.444720925172, 95.644720913251, 94.84472090133, 94.04472088941, 93.244720877489, 92.444720865568, 91.644720853647, 90.844720841726, 90.044720829805, 89.244720817884, 88.444720805963, 87.644720794042, 86.844720782121, 86.0447207702, 85.244720758279, 84.444720746358, 83.644720734437, 82.844720722516, 82.044720710596, 81.244720698675, 80.444720686754, 79.644720674833, 78.844720662912, 78.044720650991, 77.24472063907, 76.444720627149, 75.644720615228, 74.844720603307, 74.044720591386, 73.244720579465, 72.444720567544, 71.644720555623, 70.844720543703, 70.044720531782, 69.244720519861, 68.44472050794, 67.644720496019, 66.844720484098, 66.044720472177, 65.244720460256, 64.444720448335, 63.644720436414, 62.844720424493, 62.044720412572, 61.244720400651, 60.444720388731, 59.64472037681, 58.844720364889, 58.044720352968, 57.244720341047, 56.444720329126, 55.644720317205, 54.844720305284, 54.044720293363, 53.244720281442, 52.444720269521, 51.6447202576, 50.844720245679, 50.044720233758, 49.244720221837, 48.444720209917, 47.644720197996, 46.844720186075, 46.044720174154, 45.244720162233, 44.444720150312, 43.644720138391, 42.84472012647, 42.044720114549, 41.244720102628, 40.444720090707, 39.644720078786, 38.844720066865, 38.044720054944, 37.244720043024, 36.444720031103, 35.644720019182, 34.844720007261, 34.04471999534, 33.244719983419, 32.444719971498, 31.644719959577, 30.844719947656, 30.044719935735, 29.244719923814, 28.444719911893, 27.644719899972, 26.844719888051, 26.044719876131, 25.24471986421, 24.444719852289, 23.644719840368, 22.844719828447, 22.044719816526, 21.244719804605, 20.444719792684, 19.644719780763, 18.844719768842, 18.044719756921, 17.244719745, 16.444719733079, 15.644719721158, 14.844719709238, 14.044719697317, 13.244719685396, 12.444719673475, 11.644719661554, 10.844719649633, 10.044719637712, 9.244719625791, 8.4447196138701, 7.6447196019492, 6.8447195900283, 6.0447195781073, 5.2447195661864, 4.4447195542655, 3.6447195423445, 2.8447195304236, 2.0447195185027, 1.2447195065817, 0.44471949466082, -0.3552805172601, -1.155280529181, -1.955280541102, -2.7552805530229, -3.5552805649438, -4.3552805768648, -5.1552805887857, -5.9552806007066, -6.7552806126275, -7.5552806245485, -8.3552806364694, -9.1552806483903, -9.9552806603113, -10.755280672232, -11.555280684153, -12.355280696074, -13.155280707995, -13.955280719916, -14.755280731837, -15.555280743758, -16.355280755679, -17.1552807676, -17.955280779521, -18.755280791441, -19.555280803362, -20.355280815283, -21.155280827204, -21.955280839125, -22.755280851046, -23.555280862967, -24.355280874888, -25.155280886809, -25.95528089873, -26.755280910651, -27.555280922572, -28.355280934493, -29.155280946414, -29.955280958334, -30.755280970255, -31.555280982176, -32.355280994097, -33.155281006018, -33.955281017939, -34.75528102986, -35.555281041781, -36.355281053702, -37.155281065623, -37.955281077544, -38.755281089465, -39.555281101386, -40.355281113307, -41.155281125227, -41.955281137148, -42.755281149069, -43.55528116099, -44.355281172911, -45.155281184832, -45.955281196753, -46.755281208674, -47.555281220595, -48.355281232516, -49.155281244437, -49.955281256358, -50.755281268279, -51.5552812802, -52.355281292121, -53.155281304041, -53.955281315962, -54.755281327883, -55.555281339804, -56.355281351725, -57.155281363646, -57.955281375567, -58.755281387488, -59.555281399409, -60.35528141133, -61.155281423251, -61.955281435172, -62.755281447093, -63.555281459014, -64.355281470934, -65.155281482855, -65.955281494776, -66.755281506697, -67.555281518618, -68.355281530539, -69.15528154246, -69.955281554381, -70.755281566302, -71.555281578223, -72.355281590144, -73.155281602065, -73.955281613986, -74.755281625907, -75.555281637827, -76.355281649748, -77.155281661669, -77.95528167359, -78.755281685511, -79.555281697432, -80.355281709353, -81.155281721274, -81.955281733195, -82.755281745116, -83.555281757037, -84.355281768958, -85.155281780879, -85.9552817928, -86.75528180472, -87.555281816641, -88.355281828562, -89.155281840483, -89.955281852404, -90.755281864325, -91.555281876246, -92.355281888167, -93.155281900088, -93.955281912009, -94.75528192393, -95.555281935851, -96.355281947772, -97.155281959693, -97.955281971613, -98.755281983534, -99.555281995455, -100.35528200738, -101.1552820193, -101.95528203122], "WindowCenter": [44.0, 44.0, 45.0, 45.0, 46.0, 51.0, 65.0, 74.0, 90.0, 91.0, 78.0, 70.0, 72.0, 74.0, 75.0, 96.0, 104.0, 113.0, 103.0, 113.0, 111.0, 119.0, 245.0, 509.0, 483.0, 418.0, 479.0, 476.0, 437.0, 449.0, 515.0, 554.0, 561.0, 545.0, 567.0, 606.0, 618.0, 622.0, 622.0, 620.0, 617.0, 615.0, 612.0, 606.0, 603.0, 603.0, 605.0, 614.0, 627.0, 637.0, 644.0, 652.0, 660.0, 666.0, 677.0, 683.0, 692.0, 700.0, 706.0, 713.0, 719.0, 727.0, 735.0, 743.0, 753.0, 761.0, 769.0, 778.0, 785.0, 790.0, 803.0, 810.0, 814.0, 819.0, 824.0, 831.0, 837.0, 844.0, 854.0, 860.0, 868.0, 879.0, 888.0, 900.0, 911.0, 920.0, 927.0, 935.0, 942.0, 952.0, 959.0, 960.0, 960.0, 963.0, 968.0, 972.0, 968.0, 964.0, 959.0, 958.0, 958.0, 958.0, 957.0, 956.0, 957.0, 959.0, 962.0, 964.0, 965.0, 968.0, 968.0, 970.0, 970.0, 968.0, 965.0, 957.0, 946.0, 940.0, 934.0, 925.0, 917.0, 908.0, 894.0, 883.0, 871.0, 855.0, 843.0, 838.0, 850.0, 868.0, 889.0, 904.0, 910.0, 922.0, 932.0, 939.0, 946.0, 952.0, 955.0, 955.0, 957.0, 960.0, 965.0, 967.0, 967.0, 967.0, 967.0, 965.0, 965.0, 965.0, 965.0, 963.0, 961.0, 959.0, 957.0, 956.0, 955.0, 954.0, 953.0, 953.0, 954.0, 954.0, 954.0, 956.0, 957.0, 957.0, 958.0, 954.0, 948.0, 941.0, 930.0, 921.0, 917.0, 905.0, 894.0, 884.0, 878.0, 872.0, 867.0, 861.0, 855.0, 847.0, 837.0, 831.0, 826.0, 818.0, 811.0, 803.0, 789.0, 779.0, 771.0, 764.0, 758.0, 751.0, 745.0, 739.0, 732.0, 726.0, 719.0, 713.0, 704.0, 694.0, 683.0, 667.0, 655.0, 644.0, 646.0, 644.0, 637.0, 635.0, 640.0, 646.0, 648.0, 654.0, 654.0, 650.0, 641.0, 636.0, 631.0, 607.0, 594.0, 590.0, 583.0, 583.0, 562.0, 505.0, 528.0, 516.0, 538.0, 552.0, 559.0, 555.0, 546.0, 540.0, 525.0, 430.0, 143.0, 140.0, 109.0, 101.0, 71.0, 78.0, 89.0, 96.0, 83.0, 89.0, 94.0, 72.0, 61.0, 58.0, 56.0, 51.0, 47.0, 47.0, 46.0, 46.0], "WindowWidth": [118.0, 119.0, 120.0, 121.0, 124.0, 140.0, 183.0, 212.0, 253.0, 254.0, 219.0, 196.0, 205.0, 209.0, 213.0, 259.0, 283.0, 309.0, 281.0, 297.0, 293.0, 325.0, 555.0, 987.0, 928.0, 826.0, 938.0, 946.0, 888.0, 918.0, 1058.0, 1159.0, 1184.0, 1145.0, 1198.0, 1299.0, 1325.0, 1331.0, 1324.0, 1313.0, 1306.0, 1299.0, 1291.0, 1276.0, 1267.0, 1265.0, 1268.0, 1283.0, 1308.0, 1326.0, 1338.0, 1353.0, 1364.0, 1374.0, 1392.0, 1401.0, 1416.0, 1430.0, 1438.0, 1446.0, 1453.0, 1463.0, 1474.0, 1486.0, 1504.0, 1519.0, 1533.0, 1548.0, 1558.0, 1564.0, 1593.0, 1603.0, 1604.0, 1609.0, 1617.0, 1627.0, 1635.0, 1642.0, 1657.0, 1664.0, 1674.0, 1687.0, 1700.0, 1720.0, 1738.0, 1757.0, 1773.0, 1790.0, 1806.0, 1837.0, 1860.0, 1845.0, 1843.0, 1858.0, 1884.0, 1902.0, 1884.0, 1857.0, 1824.0, 1812.0, 1814.0, 1808.0, 1794.0, 1789.0, 1786.0, 1786.0, 1788.0, 1787.0, 1782.0, 1784.0, 1776.0, 1789.0, 1793.0, 1797.0, 1792.0, 1765.0, 1745.0, 1741.0, 1735.0, 1724.0, 1716.0, 1705.0, 1687.0, 1676.0, 1666.0, 1645.0, 1619.0, 1612.0, 1630.0, 1653.0, 1686.0, 1708.0, 1720.0, 1735.0, 1748.0, 1756.0, 1764.0, 1770.0, 1767.0, 1758.0, 1762.0, 1765.0, 1769.0, 1767.0, 1759.0, 1752.0, 1742.0, 1743.0, 1749.0, 1755.0, 1758.0, 1761.0, 1769.0, 1773.0, 1773.0, 1778.0, 1782.0, 1778.0, 1776.0, 1776.0, 1778.0, 1780.0, 1785.0, 1809.0, 1834.0, 1842.0, 1849.0, 1837.0, 1822.0, 1813.0, 1782.0, 1760.0, 1771.0, 1738.0, 1706.0, 1687.0, 1680.0, 1674.0, 1670.0, 1665.0, 1657.0, 1648.0, 1636.0, 1632.0, 1629.0, 1620.0, 1611.0, 1597.0, 1566.0, 1547.0, 1534.0, 1523.0, 1514.0, 1504.0, 1496.0, 1489.0, 1480.0, 1470.0, 1460.0, 1449.0, 1435.0, 1419.0, 1400.0, 1373.0, 1353.0, 1338.0, 1346.0, 1344.0, 1336.0, 1338.0, 1350.0, 1366.0, 1372.0, 1388.0, 1392.0, 1389.0, 1371.0, 1366.0, 1356.0, 1301.0, 1272.0, 1264.0, 1246.0, 1245.0, 1172.0, 1023.0, 1061.0, 1035.0, 1089.0, 1128.0, 1153.0, 1137.0, 1108.0, 1081.0, 1042.0, 832.0, 392.0, 369.0, 294.0, 276.0, 197.0, 216.0, 245.0, 264.0, 233.0, 244.0, 250.0, 200.0, 170.0, 160.0, 152.0, 139.0, 129.0, 128.0, 124.0, 124.0]}}}