{"AcquisitionMatrixPE": 128, "AcquisitionNumber": 1, "AcquisitionTime": "07:45:0.440000", "BandwidthPerPixelPhaseEncode": 20.292, "BaseResolution": 128, "BodyPartExamined": "BRAIN", "ConsistencyInfo": "N4_VD11D_LATEST_20110129", "ConversionSoftware": "dcm2niix", "ConversionSoftwareVersion": "v1.0.20210317", "DerivedVendorReportedEchoSpacing": 0.000770008, "DeviceSerialNumber": "45239", "DiffusionScheme": "Monopolar", "DwellTime": 2.4e-06, "EchoTime": 0.092, "EchoTrainLength": 51, "EffectiveEchoSpacing": 0.000385004, "FlipAngle": 90, "ImageComments": "Unaliased MB3/PE3", "ImageOrientationPatientDICOM": [1, 2.05103e-10, 0, -2.05103e-10, 1, 0], "ImageType": ["ORIGINAL", "PRIMARY", "DIFFUSION", "NONE", "ND", "NORM", "MOSAIC"], "ImagingFrequency": 123.193, "InPlanePhaseEncodingDirectionDICOM": "ROW", "InstitutionAddress": "E 24th St. 100,Austin,Southmiddle,US,78712", "InstitutionName": "Univ of Texas at Austin", "InstitutionalDepartmentName": "IRC", "MRAcquisitionType": "2D", "MagneticFieldStrength": 3, "Manufacturer": "Siemens", "ManufacturersModelName": "Skyra", "Modality": "MR", "MultibandAccelerationFactor": 3, "ParallelReductionFactorInPlane": 2, "PartialFourier": 0.75, "PatientPosition": "HFS", "PercentPhaseFOV": 100, "PercentSampling": 100, "PhaseEncodingDirection": "i-", "PhaseEncodingSteps": 102, "PhaseResolution": 1, "PixelBandwidth": 1630, "ProcedureStepDescription": "Poldrack2^self-scanning", "ProtocolName": "MBEPI with MDDW L-R", "PulseSequenceDetails": "%CustomerSeq%\\cmrr_mbep2d_diff", "ReceiveCoilActiveElements": "HEA;HEP", "ReceiveCoilName": "Head_32", "ReconMatrixPE": 128, "RefLinesPE": 76, "RepetitionTime": 5, "SAR": 0.146801, "ScanOptions": "PFP\\FS", "ScanningSequence": "EP", "SequenceName": "ep_b5#1", "SequenceVariant": "SK", "SeriesDescription": "MBEPI with MDDW L-R", "SeriesNumber": 16, "ShimSetting": [-2779, 8071, -15460, 112, -174, 108, 270, -106], "SliceThickness": 1.7, "SliceTiming": [0, 3.64, 2.2975, 0.9575, 4.5975, 3.2575, 1.915, 0.575, 4.215, 2.8725, 1.5325, 0.1925, 3.83, 2.49, 1.15, 4.7875, 3.4475, 2.1075, 0.7675, 4.405, 3.065, 1.725, 0.3825, 4.0225, 2.6825, 1.34, 0, 3.64, 2.2975, 0.9575, 4.5975, 3.2575, 1.915, 0.575, 4.215, 2.8725, 1.5325, 0.1925, 3.83, 2.49, 1.15, 4.7875, 3.4475, 2.1075, 0.7675, 4.405, 3.065, 1.725, 0.3825, 4.0225, 2.6825, 1.34, 0, 3.64, 2.2975, 0.9575, 4.5975, 3.2575, 1.915, 0.575, 4.215, 2.8725, 1.5325, 0.1925, 3.83, 2.49, 1.15, 4.7875, 3.4475, 2.1075, 0.7675, 4.405, 3.065, 1.725, 0.3825, 4.0225, 2.6825, 1.34], "SoftwareVersions": "syngo MR D11", "SpacingBetweenSlices": 1.7, "StationName": "AWP45239", "TotalReadoutTime": 0.0488955, "TxRefAmp": 348.082, "WipMemBlock": "615ed047-508b-4543-bbb2-cb214602a301||Sequence: VD11D r195; Nov 21 2012 15:37:02 by eja", "dcmmeta_affine": [[-1.7421875, -3.573285833891049e-10, 0.0, 111.5], [-3.573285833891049e-10, 1.7421875, 0.0, -121.25902557373047], [0.0, 0.0, 1.7000000476837158, -15.813196182250977], [0.0, 0.0, 0.0, 1.0]], "dcmmeta_reorient_transform": [[0.0, -1.0, 0.0, 127.0], [1.0, 0.0, 0.0, 0.0], [0.0, 0.0, 1.0, 0.0], [0.0, 0.0, 0.0, 1.0]], "dcmmeta_shape": [128, 128, 78, 64], "dcmmeta_slice_dim": 2, "dcmmeta_version": 0.6, "global": {"const": {"AcquisitionMatrix": [0, 128, 128, 0], "AngioFlag": "N", "BitsAllocated": 16, "BitsStored": 16, "BodyPartExamined": "BRAIN", "Columns": 1152, "EchoNumbers": 1, "EchoTime": 92.0, "EchoTrainLength": 51, "FlipAngle": 90.0, "HighBit": 15, "ImageOrientationPatient": [1.0, 2.051034e-10, 0.0, -2.051034e-10, 1.0, 0.0], "ImagePositionPatient": [-1003.4999997942, -991.99878999311, -15.813196182251], "ImageType": ["ORIGINAL", "PRIMARY", "DIFFUSION", "NONE", "ND", "NORM", "MOSAIC"], "ImagedNucleus": "1H", "ImagingFrequency": 123.193398, "InPlanePhaseEncodingDirection": "ROW", "MRAcquisitionType": "2D", "MagneticFieldStrength": 3.0, "Manufacturer": "SIEMENS", "ManufacturerModelName": "Skyra", "Modality": "MR", "NumberOfAverages": 1.0, "NumberOfPhaseEncodingSteps": 102, "PercentPhaseFieldOfView": 100.0, "PercentSampling": 100.0, "PerformedProcedureStepStartTime": "070359.515000", "PhotometricInterpretation": "MONOCHROME2", "PixelBandwidth": 1630.0, "PixelRepresentation": 0, "PixelSpacing": [1.7421875, 1.7421875], "ProtocolName": "MBEPI with MDDW L-R", "RepetitionTime": 5000.0, "Rows": 1152, "SAR": 0.14680098061523, "SamplesPerPixel": 1, "ScanOptions": ["PFP", "FS"], "ScanningSequence": "EP", "SequenceVariant": "SK", "SeriesDescription": "MBEPI with MDDW L-R", "SeriesNumber": 16, "SeriesTime": "074632.250000", "SliceLocation": -15.813196182251, "SliceThickness": 1.7000000476837, "SmallestImagePixelValue": 0, "SoftwareVersions": "syngo MR D11", "SpacingBetweenSlices": 1.7000000445874, "SpecificCharacterSet": "ISO_IR 100", "StudyID": "1", "StudyTime": "070359.484000", "TransmitCoilName": "Body", "VariableFlipAngleFlag": "N", "WindowCenterWidthExplanation": "Algo1", "dBdt": 0.0}, "slices": {}}, "time": {"samples": {"AcquisitionNumber": [1, 2, 3, 4, 5, 6, 7, 8, 9, 10, 11, 12, 13, 14, 15, 16, 17, 18, 19, 20, 21, 22, 23, 24, 25, 26, 27, 28, 29, 30, 31, 32, 33, 34, 35, 36, 37, 38, 39, 40, 41, 42, 43, 44, 45, 46, 47, 48, 49, 50, 51, 52, 53, 54, 55, 56, 57, 58, 59, 60, 61, 62, 63, 64], "AcquisitionTime": ["074500.440000", "074630.440000", "074635.440000", "074640.440000", "074645.440000", "074650.440000", "074655.440000", "074700.440000", "074705.440000", "074710.440000", "074715.440000", "074720.440000", "074725.440000", "074730.440000", "074735.440000", "074740.440000", "074745.440000", "074750.440000", "074755.440000", "074800.440000", "074805.440000", "074810.440000", "074815.440000", "074820.440000", "074825.440000", "074830.440000", "074835.440000", "074840.440000", "074845.440000", "074850.440000", "074855.440000", "074900.440000", "074905.440000", "074910.440000", "074915.440000", "074920.440000", "074925.440000", "074930.440000", "074935.440000", "074940.440000", "074945.440000", "074950.440000", "074955.440000", "075000.440000", "075005.440000", "075010.440000", "075015.440000", "075020.440000", "075025.440000", "075030.440000", "075035.440000", "075040.440000", "075045.440000", "075050.440000", "075055.440000", "075100.440000", "075105.440000", "075110.440000", "075115.440000", "075120.440000", "075125.440000", "075130.440000", "075135.440000", "075140.440000"], "ContentTime": ["074632.250000", "074639.859000", "074644.859000", "074649.859000", "074654.859000", "074659.859000", "074704.859000", "074709.859000", "074714.859000", "074719.859000", "074724.859000", "074729.859000", "074734.859000", "074739.859000", "074744.859000", "074749.859000", "074754.859000", "074759.859000", "074804.859000", "074809.859000", "074814.859000", "074819.859000", "074824.859000", "074829.859000", "074834.859000", "074839.859000", "074844.859000", "074849.859000", "074854.859000", "074859.859000", "074904.859000", "074909.859000", "074914.859000", "074919.859000", "074924.859000", "074929.859000", "074934.859000", "074939.859000", "074944.859000", "074949.859000", "074954.859000", "074959.859000", "075004.859000", "075009.859000", "075014.859000", "075019.859000", "075024.859000", "075029.859000", "075034.859000", "075039.859000", "075044.859000", "075049.859000", "075054.859000", "075059.859000", "075104.859000", "075109.859000", "075114.859000", "075119.859000", "075124.859000", "075129.859000", "075134.859000", "075139.859000", "075144.859000", "075145.875000"], "InstanceCreationTime": ["074632.250000", "074639.859000", "074644.859000", "074649.859000", "074654.859000", "074659.859000", "074704.859000", "074709.859000", "074714.859000", "074719.859000", "074724.859000", "074729.859000", "074734.859000", "074739.859000", "074744.859000", "074749.859000", "074754.859000", "074759.859000", "074804.859000", "074809.859000", "074814.859000", "074819.859000", "074824.859000", "074829.859000", "074834.859000", "074839.859000", "074844.859000", "074849.859000", "074854.859000", "074859.859000", "074904.859000", "074909.859000", "074914.859000", "074919.859000", "074924.859000", "074929.859000", "074934.859000", "074939.859000", "074944.859000", "074949.859000", "074954.859000", "074959.859000", "075004.859000", "075009.859000", "075014.859000", "075019.859000", "075024.859000", "075029.859000", "075034.859000", "075039.859000", "075044.859000", "075049.859000", "075054.859000", "075059.859000", "075104.859000", "075109.859000", "075114.859000", "075119.859000", "075124.859000", "075129.859000", "075134.859000", "075139.859000", "075144.859000", "075145.875000"], "InstanceNumber": [1, 2, 3, 4, 5, 6, 7, 8, 9, 10, 11, 12, 13, 14, 15, 16, 17, 18, 19, 20, 21, 22, 23, 24, 25, 26, 27, 28, 29, 30, 31, 32, 33, 34, 35, 36, 37, 38, 39, 40, 41, 42, 43, 44, 45, 46, 47, 48, 49, 50, 51, 52, 53, 54, 55, 56, 57, 58, 59, 60, 61, 62, 63, 64], "LargestImagePixelValue": [65535, 28577, 28653, 29976, 24736, 24788, 26606, 28065, 31745, 29552, 25770, 24462, 27637, 24900, 30175, 29696, 65535, 26444, 23038, 27139, 27449, 30095, 30655, 26519, 24605, 24962, 23104, 28520, 27214, 27650, 27994, 28749, 65535, 15413, 16831, 14293, 13579, 11439, 13751, 14928, 18310, 17433, 11505, 10256, 15250, 15668, 14784, 16364, 65535, 13484, 12093, 15047, 14178, 16273, 16741, 12316, 11705, 12165, 13181, 18137, 15409, 14663, 16025, 16134], "SequenceName": ["ep_b5#1", "ep_b995#2", "ep_b995#3", "ep_b995#4", "ep_b995#5", "ep_b1000#6", "ep_b1000#7", "ep_b995#8", "ep_b995#9", "ep_b995#10", "ep_b1000#11", "ep_b1000#12", "ep_b1005#13", "ep_b1005#14", "ep_b1000#15", "ep_b1005#16", "ep_b5#17", "ep_b1005#18", "ep_b1000#19", "ep_b1005#20", "ep_b1005#21", "ep_b995#22", "ep_b1005#23", "ep_b1000#24", "ep_b1000#25", "ep_b1000#26", "ep_b995#27", "ep_b995#28", "ep_b995#29", "ep_b1000#30", "ep_b1005#31", "ep_b1000#32", "ep_b5#1", "ep_b1990#2", "ep_b1990#3", "ep_b1990#4", "ep_b1995#5", "ep_b1995#6", "ep_b2000#7", "ep_b1995#8", "ep_b1990#9", "ep_b1995#10", "ep_b2000#11", "ep_b2000#12", "ep_b2010#13", "ep_b2005#14", "ep_b2000#15", "ep_b2005#16", "ep_b5#17", "ep_b2005#18", "ep_b2005#19", "ep_b2005#20", "ep_b2010#21", "ep_b1990#22", "ep_b2010#23", "ep_b2000#24", "ep_b2000#25", "ep_b1995#26", "ep_b1995#27", "ep_b1995#28", "ep_b1995#29", "ep_b2000#30", "ep_b2005#31", "ep_b2000#32"], "WindowCenter": [8251.0, 3728.0, 3738.0, 3753.0, 3716.0, 3733.0, 3748.0, 3746.0, 3763.0, 3766.0, 3772.0, 3752.0, 3758.0, 3761.0, 3779.0, 3776.0, 8249.0, 3795.0, 3767.0, 3780.0, 3784.0, 3791.0, 3756.0, 3775.0, 3747.0, 3732.0, 3707.0, 3780.0, 3750.0, 3777.0, 3808.0, 3822.0, 8251.0, 2452.0, 2458.0, 2482.0, 2422.0, 2424.0, 2486.0, 2481.0, 2503.0, 2517.0, 2460.0, 2447.0, 2512.0, 2524.0, 2522.0, 2529.0, 8271.0, 2514.0, 2501.0, 2535.0, 2524.0, 2529.0, 2510.0, 2469.0, 2467.0, 2436.0, 2418.0, 2547.0, 2475.0, 2502.0, 2572.0, 2581.0], "WindowWidth": [18175.0, 8441.0, 8450.0, 8490.0, 8415.0, 8428.0, 8477.0, 8473.0, 8519.0, 8523.0, 8514.0, 8465.0, 8501.0, 8498.0, 8545.0, 8538.0, 18160.0, 8556.0, 8498.0, 8531.0, 8544.0, 8570.0, 8498.0, 8507.0, 8456.0, 8425.0, 8382.0, 8527.0, 8468.0, 8512.0, 8587.0, 8608.0, 18172.0, 5882.0, 5877.0, 5937.0, 5819.0, 5828.0, 5955.0, 5939.0, 5999.0, 6026.0, 5909.0, 5894.0, 6002.0, 6024.0, 6042.0, 6043.0, 18209.0, 6008.0, 5997.0, 6042.0, 6021.0, 6041.0, 5998.0, 5922.0, 5920.0, 5847.0, 5803.0, 6062.0, 5917.0, 5970.0, 6133.0, 6142.0]}, "slices": {}}}