{"AcquisitionMatrixPE": 128, "AcquisitionNumber": 1, "AcquisitionTime": "07:37:41.525000", "BandwidthPerPixelPhaseEncode": 20.292, "BaseResolution": 128, "BodyPartExamined": "BRAIN", "ConsistencyInfo": "N4_VD11D_LATEST_20110129", "ConversionSoftware": "dcm2niix", "ConversionSoftwareVersion": "v1.0.20210317", "DerivedVendorReportedEchoSpacing": 0.000770008, "DeviceSerialNumber": "45239", "DiffusionScheme": "Monopolar", "DwellTime": 2.4e-06, "EchoTime": 0.092, "EchoTrainLength": 51, "EffectiveEchoSpacing": 0.000385004, "FlipAngle": 90, "ImageComments": "Unaliased MB3/PE3", "ImageOrientationPatientDICOM": [1, -2.05103e-10, 0, 2.05103e-10, 1, 0], "ImageType": ["ORIGINAL", "PRIMARY", "DIFFUSION", "NONE", "ND", "NORM", "MOSAIC"], "ImagingFrequency": 123.193, "InPlanePhaseEncodingDirectionDICOM": "ROW", "InstitutionAddress": "E 24th St. 100,Austin,Southmiddle,US,78712", "InstitutionName": "Univ of Texas at Austin", "InstitutionalDepartmentName": "IRC", "MRAcquisitionType": "2D", "MagneticFieldStrength": 3, "Manufacturer": "Siemens", "ManufacturersModelName": "Skyra", "Modality": "MR", "MultibandAccelerationFactor": 3, "ParallelReductionFactorInPlane": 2, "PartialFourier": 0.75, "PatientPosition": "HFS", "PercentPhaseFOV": 100, "PercentSampling": 100, "PhaseEncodingDirection": "i", "PhaseEncodingSteps": 102, "PhaseResolution": 1, "PixelBandwidth": 1630, "ProcedureStepDescription": "Poldrack2^self-scanning", "ProtocolName": "MBEPI with MDDW R-L", "PulseSequenceDetails": "%CustomerSeq%\\cmrr_mbep2d_diff", "ReceiveCoilActiveElements": "HEA;HEP", "ReceiveCoilName": "Head_32", "ReconMatrixPE": 128, "RefLinesPE": 76, "RepetitionTime": 5, "SAR": 0.146801, "ScanOptions": "PFP\\FS", "ScanningSequence": "EP", "SequenceName": "ep_b5#1", "SequenceVariant": "SK", "SeriesDescription": "MBEPI with MDDW R-L", "SeriesNumber": 13, "ShimSetting": [-2779, 8071, -15460, 112, -174, 108, 270, -106], "SliceThickness": 1.7, "SliceTiming": [0, 3.6375, 2.2975, 0.9575, 4.5975, 3.255, 1.915, 0.575, 4.2125, 2.8725, 1.5325, 0.1925, 3.83, 2.49, 1.15, 4.7875, 3.4475, 2.1075, 0.765, 4.405, 3.065, 1.7225, 0.3825, 4.0225, 2.68, 1.34, 0, 3.6375, 2.2975, 0.9575, 4.5975, 3.255, 1.915, 0.575, 4.2125, 2.8725, 1.5325, 0.1925, 3.83, 2.49, 1.15, 4.7875, 3.4475, 2.1075, 0.765, 4.405, 3.065, 1.7225, 0.3825, 4.0225, 2.68, 1.34, 0, 3.6375, 2.2975, 0.9575, 4.5975, 3.255, 1.915, 0.575, 4.2125, 2.8725, 1.5325, 0.1925, 3.83, 2.49, 1.15, 4.7875, 3.4475, 2.1075, 0.765, 4.405, 3.065, 1.7225, 0.3825, 4.0225, 2.68, 1.34], "SoftwareVersions": "syngo MR D11", "SpacingBetweenSlices": 1.7, "StationName": "AWP45239", "TotalReadoutTime": 0.0488955, "TxRefAmp": 348.082, "WipMemBlock": "b1d79f08-78a2-47f1-a4fc-d886fb638ea2||Sequence: VD11D r195; Nov 21 2012 15:37:02 by eja", "dcmmeta_affine": [[-1.7421875, 3.573285833891049e-10, 0.0, 111.5], [3.573285833891049e-10, 1.7421875, 0.0, -121.25902557373047], [0.0, 0.0, 1.7000000476837158, -15.813196182250977], [0.0, 0.0, 0.0, 1.0]], "dcmmeta_reorient_transform": [[0.0, -1.0, 0.0, 127.0], [1.0, 0.0, 0.0, 0.0], [0.0, 0.0, 1.0, 0.0], [0.0, 0.0, 0.0, 1.0]], "dcmmeta_shape": [128, 128, 78, 64], "dcmmeta_slice_dim": 2, "dcmmeta_version": 0.6, "global": {"const": {"AcquisitionMatrix": [0, 128, 128, 0], "AngioFlag": "N", "BitsAllocated": 16, "BitsStored": 16, "BodyPartExamined": "BRAIN", "Columns": 1152, "EchoNumbers": 1, "EchoTime": 92.0, "EchoTrainLength": 51, "FlipAngle": 90.0, "HighBit": 15, "ImageOrientationPatient": [1.0, -2.051034e-10, 0.0, 2.051034e-10, 1.0, 0.0], "ImagePositionPatient": [-1003.5000002058, -991.99878958147, -15.813196182251], "ImageType": ["ORIGINAL", "PRIMARY", "DIFFUSION", "NONE", "ND", "NORM", "MOSAIC"], "ImagedNucleus": "1H", "ImagingFrequency": 123.193386, "InPlanePhaseEncodingDirection": "ROW", "MRAcquisitionType": "2D", "MagneticFieldStrength": 3.0, "Manufacturer": "SIEMENS", "ManufacturerModelName": "Skyra", "Modality": "MR", "NumberOfAverages": 1.0, "NumberOfPhaseEncodingSteps": 102, "PercentPhaseFieldOfView": 100.0, "PercentSampling": 100.0, "PerformedProcedureStepStartTime": "070359.515000", "PhotometricInterpretation": "MONOCHROME2", "PixelBandwidth": 1630.0, "PixelRepresentation": 0, "PixelSpacing": [1.7421875, 1.7421875], "ProtocolName": "MBEPI with MDDW R-L", "RepetitionTime": 5000.0, "Rows": 1152, "SAR": 0.14680098061523, "SamplesPerPixel": 1, "ScanOptions": ["PFP", "FS"], "ScanningSequence": "EP", "SequenceVariant": "SK", "SeriesDescription": "MBEPI with MDDW R-L", "SeriesNumber": 13, "SeriesTime": "073913.500000", "SliceLocation": -15.813196182251, "SliceThickness": 1.7000000476837, "SmallestImagePixelValue": 0, "SoftwareVersions": "syngo MR D11", "SpacingBetweenSlices": 1.7000000445874, "SpecificCharacterSet": "ISO_IR 100", "StudyID": "1", "StudyTime": "070359.484000", "TransmitCoilName": "Body", "VariableFlipAngleFlag": "N", "WindowCenterWidthExplanation": "Algo1", "dBdt": 0.0}, "slices": {}}, "time": {"samples": {"AcquisitionNumber": [1, 2, 3, 4, 5, 6, 7, 8, 9, 10, 11, 12, 13, 14, 15, 16, 17, 18, 19, 20, 21, 22, 23, 24, 25, 26, 27, 28, 29, 30, 31, 32, 33, 34, 35, 36, 37, 38, 39, 40, 41, 42, 43, 44, 45, 46, 47, 48, 49, 50, 51, 52, 53, 54, 55, 56, 57, 58, 59, 60, 61, 62, 63, 64], "AcquisitionTime": ["073741.525000", "073911.525000", "073916.525000", "073921.525000", "073926.525000", "073931.525000", "073936.525000", "073941.525000", "073946.525000", "073951.525000", "073956.525000", "074001.525000", "074006.525000", "074011.525000", "074016.525000", "074021.525000", "074026.525000", "074031.525000", "074036.525000", "074041.525000", "074046.525000", "074051.525000", "074056.525000", "074101.525000", "074106.525000", "074111.525000", "074116.525000", "074121.525000", "074126.525000", "074131.525000", "074136.525000", "074141.525000", "074146.525000", "074151.525000", "074156.525000", "074201.525000", "074206.525000", "074211.525000", "074216.525000", "074221.525000", "074226.525000", "074231.525000", "074236.525000", "074241.525000", "074246.525000", "074251.525000", "074256.525000", "074301.525000", "074306.525000", "074311.525000", "074316.525000", "074321.525000", "074326.525000", "074331.525000", "074336.525000", "074341.525000", "074346.525000", "074351.525000", "074356.525000", "074401.525000", "074406.525000", "074411.525000", "074416.525000", "074421.525000"], "ContentTime": ["073913.500000", "073919.859000", "073924.859000", "073929.859000", "073934.859000", "073939.859000", "073944.859000", "073949.859000", "073954.859000", "073959.859000", "074004.859000", "074009.859000", "074014.859000", "074019.859000", "074024.859000", "074029.859000", "074034.859000", "074044.859000", "074044.859000", "074049.859000", "074054.859000", "074059.859000", "074104.859000", "074109.859000", "074114.859000", "074119.859000", "074124.859000", "074129.859000", "074134.859000", "074139.859000", "074144.859000", "074149.859000", "074154.859000", "074159.859000", "074204.859000", "074209.859000", "074214.859000", "074219.859000", "074224.859000", "074229.859000", "074234.859000", "074239.859000", "074244.859000", "074249.859000", "074254.859000", "074259.859000", "074304.859000", "074309.859000", "074314.859000", "074319.859000", "074324.859000", "074329.859000", "074334.859000", "074339.859000", "074344.859000", "074349.859000", "074354.859000", "074359.859000", "074404.906000", "074409.859000", "074414.859000", "074419.859000", "074424.859000", "074428.296000"], "InstanceCreationTime": ["073913.500000", "073919.859000", "073924.859000", "073929.859000", "073934.859000", "073939.859000", "073944.859000", "073949.859000", "073954.859000", "073959.859000", "074004.859000", "074009.859000", "074014.859000", "074019.859000", "074024.859000", "074029.859000", "074034.859000", "074044.859000", "074044.859000", "074049.859000", "074054.859000", "074059.859000", "074104.859000", "074109.859000", "074114.859000", "074119.859000", "074124.859000", "074129.859000", "074134.859000", "074139.859000", "074144.859000", "074149.859000", "074154.859000", "074159.859000", "074204.859000", "074209.859000", "074214.859000", "074219.859000", "074224.859000", "074229.859000", "074234.859000", "074239.859000", "074244.859000", "074249.859000", "074254.859000", "074259.859000", "074304.859000", "074309.859000", "074314.859000", "074319.859000", "074324.859000", "074329.859000", "074334.859000", "074339.859000", "074344.859000", "074349.859000", "074354.859000", "074359.859000", "074404.906000", "074409.859000", "074414.859000", "074419.859000", "074424.859000", "074428.296000"], "InstanceNumber": [1, 2, 3, 4, 5, 6, 7, 8, 9, 10, 11, 12, 13, 14, 15, 16, 17, 18, 19, 20, 21, 22, 23, 24, 25, 26, 27, 28, 29, 30, 31, 32, 33, 34, 35, 36, 37, 38, 39, 40, 41, 42, 43, 44, 45, 46, 47, 48, 49, 50, 51, 52, 53, 54, 55, 56, 57, 58, 59, 60, 61, 62, 63, 64], "LargestImagePixelValue": [65535, 21896, 19660, 23201, 18407, 18072, 19778, 20317, 22111, 21827, 20404, 19337, 22680, 21439, 21838, 21866, 65535, 20572, 19277, 21032, 21732, 23289, 22192, 20497, 20206, 19174, 20267, 22941, 22121, 22384, 21632, 23353, 65535, 10899, 10700, 13168, 9768, 9381, 10517, 10165, 11559, 10778, 10418, 9603, 11784, 10999, 12186, 11630, 65535, 10720, 10559, 10997, 11630, 14194, 13051, 10764, 9758, 9364, 10685, 12742, 11612, 11589, 10784, 13096], "SequenceName": ["ep_b5#1", "ep_b995#2", "ep_b995#3", "ep_b995#4", "ep_b995#5", "ep_b1000#6", "ep_b1000#7", "ep_b995#8", "ep_b995#9", "ep_b995#10", "ep_b1000#11", "ep_b1000#12", "ep_b1005#13", "ep_b1005#14", "ep_b1000#15", "ep_b1005#16", "ep_b5#17", "ep_b1005#18", "ep_b1000#19", "ep_b1005#20", "ep_b1005#21", "ep_b995#22", "ep_b1005#23", "ep_b1000#24", "ep_b1000#25", "ep_b1000#26", "ep_b995#27", "ep_b995#28", "ep_b995#29", "ep_b1000#30", "ep_b1005#31", "ep_b1000#32", "ep_b5#1", "ep_b1990#2", "ep_b1990#3", "ep_b1990#4", "ep_b1995#5", "ep_b1995#6", "ep_b2000#7", "ep_b1995#8", "ep_b1990#9", "ep_b1995#10", "ep_b2000#11", "ep_b2000#12", "ep_b2010#13", "ep_b2005#14", "ep_b2000#15", "ep_b2005#16", "ep_b5#17", "ep_b2005#18", "ep_b2005#19", "ep_b2005#20", "ep_b2010#21", "ep_b1990#22", "ep_b2010#23", "ep_b2000#24", "ep_b2000#25", "ep_b1995#26", "ep_b1995#27", "ep_b1995#28", "ep_b1995#29", "ep_b2000#30", "ep_b2005#31", "ep_b2000#32"], "WindowCenter": [8306.0, 3705.0, 3665.0, 3741.0, 3684.0, 3717.0, 3762.0, 3726.0, 3739.0, 3760.0, 3751.0, 3753.0, 3749.0, 3758.0, 3786.0, 3771.0, 8311.0, 3749.0, 3759.0, 3754.0, 3735.0, 3757.0, 3696.0, 3739.0, 3743.0, 3715.0, 3682.0, 3746.0, 3728.0, 3731.0, 3744.0, 3757.0, 8315.0, 2415.0, 2402.0, 2478.0, 2399.0, 2389.0, 2475.0, 2443.0, 2460.0, 2492.0, 2474.0, 2435.0, 2487.0, 2503.0, 2549.0, 2523.0, 8342.0, 2477.0, 2479.0, 2450.0, 2474.0, 2505.0, 2460.0, 2449.0, 2425.0, 2390.0, 2387.0, 2490.0, 2422.0, 2447.0, 2472.0, 2512.0], "WindowWidth": [18254.0, 8381.0, 8311.0, 8464.0, 8332.0, 8400.0, 8484.0, 8415.0, 8450.0, 8483.0, 8459.0, 8459.0, 8468.0, 8484.0, 8538.0, 8512.0, 18278.0, 8460.0, 8479.0, 8476.0, 8444.0, 8492.0, 8378.0, 8447.0, 8446.0, 8391.0, 8341.0, 8478.0, 8436.0, 8442.0, 8465.0, 8487.0, 18275.0, 5806.0, 5785.0, 5939.0, 5775.0, 5770.0, 5936.0, 5864.0, 5900.0, 5969.0, 5931.0, 5868.0, 5947.0, 5989.0, 6088.0, 6042.0, 18338.0, 5938.0, 5955.0, 5889.0, 5928.0, 5992.0, 5898.0, 5885.0, 5852.0, 5769.0, 5755.0, 5968.0, 5833.0, 5879.0, 5947.0, 6017.0]}, "slices": {}}}