{
    "AccessionNumber": "", 
    "PositionReferenceIndicator": "", 
    "HeartRate": 0, 
    "dcmmeta_affine": [
        [
            -0.9375, 
            0.0, 
            0.0, 
            119.28199768066406
        ], 
        [
            0.0, 
            0.9375, 
            0.0, 
            -100.48149871826172
        ], 
        [
            0.0, 
            0.0, 
            1.5, 
            -68.9176025390625
        ], 
        [
            0.0, 
            0.0, 
            0.0, 
            1.0
        ]
    ], 
    "ContentTime": "115947", 
    "GroupLength_0X40_0X0": 82, 
    "SeriesTime": "115947", 
    "StudyTime": "110842", 
    "NumberOfAverages": 1.0, 
    "PhotometricInterpretation": "MONOCHROME2", 
    "dcmmeta_reorient_transform": [
        [
            0.0, 
            -1.0, 
            0.0, 
            255.0
        ], 
        [
            1.0, 
            0.0, 
            0.0, 
            0.0
        ], 
        [
            0.0, 
            0.0, 
            -1.0, 
            105.0
        ], 
        [
            0.0, 
            0.0, 
            0.0, 
            1.0
        ]
    ], 
    "AcquisitionMatrix": [
        0, 
        120, 
        120, 
        0
    ], 
    "ProtocolName": "HCP Lifespan 2015.05.01", 
    "SpecificCharacterSet": "ISO_IR 100", 
    "Columns": 256, 
    "PixelSpacing": [
        0.9375, 
        0.9375
    ], 
    "RepetitionTime": 0.005224, 
    "PercentPhaseFieldOfView": 80.0, 
    "EchoNumbers": 1, 
    "ImagedNucleus": "1H", 
    "MRAcquisitionType": "3D", 
    "InPlanePhaseEncodingDirection": "ROW", 
    "SliceThickness": 1.5, 
    "AcquisitionNumber": 1, 
    "TriggerWindow": 0, 
    "SmallestImagePixelValue": 0, 
    "EchoTrainLength": 1, 
    "GroupLength_0X8_0X0": 946, 
    "BitsStored": 16, 
    "SAR": 0.294896, 
    "AngioFlag": "N", 
    "Rows": 256, 
    "SamplesPerPixel": 1, 
    "ScanningSequence": "GR", 
    "Manufacturer": "GE MEDICAL SYSTEMS", 
    "dcmmeta_version": 0.6, 
    "PerformedLocation": "MRI", 
    "GroupLength_0X7FE0_0X0": 131084, 
    "dcmmeta_slice_dim": 2, 
    "FlipAngle": 12.0, 
    "VariableFlipAngleFlag": "N", 
    "SeriesDescription": "T1w 1mm ax", 
    "InversionTime": 450.0, 
    "AcquisitionTime": "115947", 
    "ReconstructionDiameter": 240.0, 
    "MagneticFieldStrength": 3.0, 
    "PercentSampling": 100.0, 
    "SpacingBetweenSlices": 1.5, 
    "ImageType": [
        "ORIGINAL", 
        "PRIMARY", 
        "OTHER"
    ], 
    "ReceiveCoilName": "RM:Nova32ch", 
    "EchoTime": 0.00164, 
    "GroupLength_0X18_0X0": 494, 
    "SeriesNumber": 13, 
    "dcmmeta_shape": [
        256, 
        256, 
        106
    ], 
    "SequenceVariant": [
        "SS", 
        "SK"
    ], 
    "BitsAllocated": 16, 
    "PerformedProcedureStepStartTime": "110834", 
    "ImagingFrequency": 127.679253, 
    "StudyID": "9697", 
    "GroupLength_0X10_0X0": 98, 
    "ReferencedPerformedProcedureStepSequence": [
        {
            "ReferencedSOPInstanceUID": "1.2.840.113619.6.353.257519663528733442499170466279994502041", 
            "ReferencedSOPClassUID": "Modality Performed Procedure Step SOP Class"
        }
    ], 
    "Modality": "MR", 
    "PixelBandwidth": 325.547, 
    "ScanOptions": [
        "FAST_GEMS", 
        "EDR_GEMS", 
        "ACC_GEMS"
    ], 
    "SoftwareVersions": [
        "24", 
        "LX", 
        "MR Software release:DV24.0_R01_1344.a"
    ], 
    "ImageOrientationPatient": [
        1.0, 
        -0.0, 
        0.0, 
        -0.0, 
        1.0, 
        0.0
    ], 
    "CardiacNumberOfImages": 0, 
    "StackID": "1", 
    "ManufacturerModelName": "DISCOVERY MR750", 
    "ImagesInAcquisition": 106, 
    "PixelRepresentation": 1, 
    "HighBit": 15
}
