{
    "AccessionNumber": "", 
    "PositionReferenceIndicator": "", 
    "HeartRate": 0, 
    "dcmmeta_affine": [
        [
            -0.800000011920929, 
            0.0, 
            0.0, 
            76.5811996459961
        ], 
        [
            0.0, 
            0.46880000829696655, 
            0.0, 
            -100.50980377197266
        ], 
        [
            0.0, 
            0.0, 
            0.46880000829696655, 
            -118.39679718017578
        ], 
        [
            0.0, 
            0.0, 
            0.0, 
            1.0
        ]
    ], 
    "GroupLength_0X28_0X0": 156, 
    "GroupLength_0X40_0X0": 82, 
    "SeriesTime": "111001", 
    "StudyTime": "110842", 
    "NumberOfAverages": 1.0, 
    "PhotometricInterpretation": "MONOCHROME2", 
    "dcmmeta_reorient_transform": [
        [
            0.0, 
            0.0, 
            -1.0, 
            511.0
        ], 
        [
            0.0, 
            -1.0, 
            0.0, 
            511.0
        ], 
        [
            1.0, 
            0.0, 
            0.0, 
            0.0
        ], 
        [
            0.0, 
            0.0, 
            0.0, 
            1.0
        ]
    ], 
    "AcquisitionMatrix": [
        0, 
        320, 
        320, 
        0
    ], 
    "ProtocolName": "HCP Lifespan 2015.05.01", 
    "PercentPhaseFieldOfView": 100.0, 
    "Columns": 512, 
    "PixelSpacing": [
        0.4688, 
        0.4688
    ], 
    "RepetitionTime": 2.500, 
    "SpecificCharacterSet": "ISO_IR 100", 
    "EchoNumbers": 1, 
    "ImagedNucleus": "1H", 
    "MRAcquisitionType": "3D", 
    "InPlanePhaseEncodingDirection": "ROW", 
    "SliceThickness": 0.8, 
    "ContentTime": "111001", 
    "TriggerWindow": 0, 
    "SmallestImagePixelValue": 0, 
    "EchoTrainLength": 120, 
    "BitsStored": 16, 
    "SAR": 0.870069, 
    "AngioFlag": "N", 
    "Rows": 512, 
    "SamplesPerPixel": 1, 
    "ScanningSequence": "SE", 
    "Manufacturer": "GE MEDICAL SYSTEMS", 
    "dcmmeta_version": 0.6, 
    "PerformedLocation": "MRI", 
    "GroupLength_0X7FE0_0X0": 524300, 
    "dcmmeta_slice_dim": 0, 
    "FlipAngle": 90.0, 
    "VariableFlipAngleFlag": "N", 
    "SeriesDescription": "T2w CUBE .8mm sag", 
    "AcquisitionTime": "111001", 
    "ReconstructionDiameter": 240.0, 
    "MagneticFieldStrength": 3.0, 
    "PercentSampling": 100.0, 
    "SpacingBetweenSlices": 0.8, 
    "AcquisitionNumber": 1, 
    "ImageType": [
        "ORIGINAL", 
        "PRIMARY", 
        "OTHER"
    ], 
    "ReceiveCoilName": "RM:Nova32ch", 
    "EchoTime": 0.077845, 
    "GroupLength_0X18_0X0": 472, 
    "SeriesNumber": 2, 
    "dcmmeta_shape": [
        196, 
        512, 
        512
    ], 
    "SequenceVariant": "SK", 
    "BitsAllocated": 16, 
    "PerformedProcedureStepStartTime": "110834", 
    "ImagingFrequency": 127.679253, 
    "StudyID": "9697", 
    "GroupLength_0X10_0X0": 98, 
    "ReferencedPerformedProcedureStepSequence": [
        {
            "ReferencedSOPInstanceUID": "1.2.840.113619.6.353.257519663528733442499170466279994502041", 
            "ReferencedSOPClassUID": "Modality Performed Procedure Step SOP Class"
        }
    ], 
    "Modality": "MR", 
    "PixelBandwidth": 488.281, 
    "ScanOptions": [
        "EDR_GEMS", 
        "ACC_GEMS"
    ], 
    "SoftwareVersions": [
        "24", 
        "LX", 
        "MR Software release:DV24.0_R01_1344.a"
    ], 
    "ImageOrientationPatient": [
        -0.0, 
        1.0, 
        0.0, 
        -0.0, 
        -0.0, 
        -1.0
    ], 
    "CardiacNumberOfImages": 0, 
    "StackID": "1", 
    "ManufacturerModelName": "DISCOVERY MR750", 
    "ImagesInAcquisition": 196, 
    "PixelRepresentation": 1, 
    "HighBit": 15
}
