{"AcquisitionMatrixPE": 96, "AcquisitionNumber": 1, "AcquisitionTime": "07:28:0.102500", "BandwidthPerPixelPhaseEncode": 33.602, "BaseResolution": 96, "BodyPartExamined": "BRAIN", "ConsistencyInfo": "N4_VD11D_LATEST_20110129", "ConversionSoftware": "dcm2niix", "ConversionSoftwareVersion": "v1.0.20210317", "DerivedVendorReportedEchoSpacing": 0.000620003, "DeviceSerialNumber": "45239", "DwellTime": 2.6e-06, "EchoTime": 0.03, "EchoTrainLength": 48, "EffectiveEchoSpacing": 0.000310001, "FlipAngle": 63, "ImageComments": "Unaliased MB4/PE3", "ImageOrientationPatientDICOM": [0.999993, -0.00309751, 0.00202695, 0.00370177, 0.836759, -0.547559], "ImageType": ["ORIGINAL", "PRIMARY", "M", "ND", "NORM", "MOSAIC"], "ImagingFrequency": 123.193, "InPlanePhaseEncodingDirectionDICOM": "COL", "InstitutionAddress": "E 24th St. 100,Austin,Southmiddle,US,78712", "InstitutionName": "Univ of Texas at Austin", "InstitutionalDepartmentName": "IRC", "MRAcquisitionType": "2D", "MagneticFieldStrength": 3, "Manufacturer": "Siemens", "ManufacturersModelName": "Skyra", "Modality": "MR", "MultibandAccelerationFactor": 4, "ParallelReductionFactorInPlane": 2, "PartialFourier": 1, "PatientPosition": "HFS", "PercentPhaseFOV": 100, "PercentSampling": 100, "PhaseEncodingDirection": "j-", "PhaseEncodingSteps": 96, "PhaseResolution": 1, "PixelBandwidth": 2005, "ProcedureStepDescription": "Poldrack2^self-scanning", "ProtocolName": "Resting State fMRI MBEPI_matrix96_BW2004", "PulseSequenceDetails": "%CustomerSeq%\\cmrr_mbep2d_bold", "ReceiveCoilActiveElements": "HEA;HEP", "ReceiveCoilName": "Head_32", "ReconMatrixPE": 96, "RefLinesPE": 94, "RepetitionTime": 1.16, "SAR": 0.113414, "ScanOptions": "FS", "ScanningSequence": "EP", "SequenceName": "epfid2d1_96", "SequenceVariant": "SK", "SeriesDescription": "Resting State fMRI MBEPI_matrix96_BW2004", "SeriesNumber": 9, "ShimSetting": [-2754, 8012, -15422, 156, -136, -36, 230, -78], "SliceThickness": 2, "SliceTiming": [0, 0.6125, 0.0675, 0.68, 0.135, 0.75, 0.2025, 0.8175, 0.2725, 0.885, 0.34, 0.955, 0.4075, 1.0225, 0.4775, 1.09, 0.545, 0, 0.6125, 0.0675, 0.68, 0.135, 0.75, 0.2025, 0.8175, 0.2725, 0.885, 0.34, 0.955, 0.4075, 1.0225, 0.4775, 1.09, 0.545, 0, 0.6125, 0.0675, 0.68, 0.135, 0.75, 0.2025, 0.8175, 0.2725, 0.885, 0.34, 0.955, 0.4075, 1.0225, 0.4775, 1.09, 0.545, 0, 0.6125, 0.0675, 0.68, 0.135, 0.75, 0.2025, 0.8175, 0.2725, 0.885, 0.34, 0.955, 0.4075, 1.0225, 0.4775, 1.09, 0.545], "SoftwareVersions": "syngo MR D11", "SpacingBetweenSlices": 2.4, "StationName": "AWP45239", "TaskName": "Resting fmri", "TotalReadoutTime": 0.0294501, "TxRefAmp": 351.777, "WipMemBlock": "3c3be765-d249-4494-aa9e-a476a3eaf475||Sequence: VD11D r154; May 23 2012 22:27:19 by eja", "dcmmeta_affine": [[-2.3958168029785156, 0.008868830278515816, -1.6228337784696123e-08, 118.79959106445312], [0.007421129383146763, 2.0047340393066406, -1.3141517639160156, -68.429443359375], [0.0048562316223979, 1.311861276626587, 2.0082342624664307, -75.68521881103516], [0.0, 0.0, 0.0, 1.0]], "dcmmeta_reorient_transform": [[0.0, -1.0, 0.0, 95.0], [1.0, 0.0, 0.0, 0.0], [0.0, 0.0, 1.0, 0.0], [0.0, 0.0, 0.0, 1.0]], "dcmmeta_shape": [96, 96, 68, 518], "dcmmeta_slice_dim": 2, "dcmmeta_version": 0.6, "global": {"const": {"AcquisitionMatrix": [96, 0, 0, 96], "AngioFlag": "N", "BitsAllocated": 16, "BitsStored": 16, "BodyPartExamined": "BRAIN", "Columns": 864, "EchoNumbers": 1, "EchoTime": 30.0, "EchoTrainLength": 48, "FlipAngle": 63.0, "HighBit": 15, "ImageOrientationPatient": [0.99999314841625, -0.0030975149032, 0.00202694893377, 0.0037017726234, 0.83675857295791, -0.5475594830344], "ImagePositionPatient": [-1043.0414257854, -888.98843366184, 550.83151447736], "ImageType": ["ORIGINAL", "PRIMARY", "M", "ND", "NORM", "MOSAIC"], "ImagedNucleus": "1H", "ImagingFrequency": 123.193275, "InPlanePhaseEncodingDirection": "COL", "MRAcquisitionType": "2D", "MagneticFieldStrength": 3.0, "Manufacturer": "SIEMENS", "ManufacturerModelName": "Skyra", "Modality": "MR", "NumberOfAverages": 1.0, "NumberOfPhaseEncodingSteps": 96, "PercentPhaseFieldOfView": 100.0, "PercentSampling": 100.0, "PerformedProcedureStepStartTime": "071028.078000", "PhotometricInterpretation": "MONOCHROME2", "PixelBandwidth": 2005.0, "PixelRepresentation": 0, "PixelSpacing": [2.3958332538605, 2.3958332538605], "ProtocolName": "Resting State fMRI MBEPI_matrix96_BW2004", "RepetitionTime": 1160.0, "Rows": 864, "SAR": 0.11341380504466, "SamplesPerPixel": 1, "ScanOptions": "FS", "ScanningSequence": "EP", "SequenceName": "epfid2d1_96", "SequenceVariant": "SK", "SeriesDescription": "Resting State fMRI MBEPI_matrix96_BW2004", "SeriesNumber": 9, "SeriesTime": "072845.968000", "SliceLocation": -25.861239382157, "SliceThickness": 2.0, "SmallestImagePixelValue": 0, "SoftwareVersions": "syngo MR D11", "SpacingBetweenSlices": 2.4000000344895, "SpecificCharacterSet": "ISO_IR 100", "StudyID": "1", "StudyTime": "071028.031000", "TransmitCoilName": "Body", "VariableFlipAngleFlag": "N", "WindowCenterWidthExplanation": "Algo1", "dBdt": 0.0}, "slices": {}}, "time": {"samples": {"AcquisitionNumber": [1, 2, 3, 4, 5, 6, 7, 8, 9, 10, 11, 12, 13, 14, 15, 16, 17, 18, 19, 20, 21, 22, 23, 24, 25, 26, 27, 28, 29, 30, 31, 32, 33, 34, 35, 36, 37, 38, 39, 40, 41, 42, 43, 44, 45, 46, 47, 48, 49, 50, 51, 52, 53, 54, 55, 56, 57, 58, 59, 60, 61, 62, 63, 64, 65, 66, 67, 68, 69, 70, 71, 72, 73, 74, 75, 76, 77, 78, 79, 80, 81, 82, 83, 84, 85, 86, 87, 88, 89, 90, 91, 92, 93, 94, 95, 96, 97, 98, 99, 100, 101, 102, 103, 104, 105, 106, 107, 108, 109, 110, 111, 112, 113, 114, 115, 116, 117, 118, 119, 120, 121, 122, 123, 124, 125, 126, 127, 128, 129, 130, 131, 132, 133, 134, 135, 136, 137, 138, 139, 140, 141, 142, 143, 144, 145, 146, 147, 148, 149, 150, 151, 152, 153, 154, 155, 156, 157, 158, 159, 160, 161, 162, 163, 164, 165, 166, 167, 168, 169, 170, 171, 172, 173, 174, 175, 176, 177, 178, 179, 180, 181, 182, 183, 184, 185, 186, 187, 188, 189, 190, 191, 192, 193, 194, 195, 196, 197, 198, 199, 200, 201, 202, 203, 204, 205, 206, 207, 208, 209, 210, 211, 212, 213, 214, 215, 216, 217, 218, 219, 220, 221, 222, 223, 224, 225, 226, 227, 228, 229, 230, 231, 232, 233, 234, 235, 236, 237, 238, 239, 240, 241, 242, 243, 244, 245, 246, 247, 248, 249, 250, 251, 252, 253, 254, 255, 256, 257, 258, 259, 260, 261, 262, 263, 264, 265, 266, 267, 268, 269, 270, 271, 272, 273, 274, 275, 276, 277, 278, 279, 280, 281, 282, 283, 284, 285, 286, 287, 288, 289, 290, 291, 292, 293, 294, 295, 296, 297, 298, 299, 300, 301, 302, 303, 304, 305, 306, 307, 308, 309, 310, 311, 312, 313, 314, 315, 316, 317, 318, 319, 320, 321, 322, 323, 324, 325, 326, 327, 328, 329, 330, 331, 332, 333, 334, 335, 336, 337, 338, 339, 340, 341, 342, 343, 344, 345, 346, 347, 348, 349, 350, 351, 352, 353, 354, 355, 356, 357, 358, 359, 360, 361, 362, 363, 364, 365, 366, 367, 368, 369, 370, 371, 372, 373, 374, 375, 376, 377, 378, 379, 380, 381, 382, 383, 384, 385, 386, 387, 388, 389, 390, 391, 392, 393, 394, 395, 396, 397, 398, 399, 400, 401, 402, 403, 404, 405, 406, 407, 408, 409, 410, 411, 412, 413, 414, 415, 416, 417, 418, 419, 420, 421, 422, 423, 424, 425, 426, 427, 428, 429, 430, 431, 432, 433, 434, 435, 436, 437, 438, 439, 440, 441, 442, 443, 444, 445, 446, 447, 448, 449, 450, 451, 452, 453, 454, 455, 456, 457, 458, 459, 460, 461, 462, 463, 464, 465, 466, 467, 468, 469, 470, 471, 472, 473, 474, 475, 476, 477, 478, 479, 480, 481, 482, 483, 484, 485, 486, 487, 488, 489, 490, 491, 492, 493, 494, 495, 496, 497, 498, 499, 500, 501, 502, 503, 504, 505, 506, 507, 508, 509, 510, 511, 512, 513, 514, 515, 516, 517, 518], "AcquisitionTime": ["072800.102500", "072829.102500", "072830.262500", "072831.422500", "072832.582500", "072833.742500", "072834.902500", "072836.062500", "072837.222500", "072838.382500", "072839.542500", "072840.702500", "072841.862500", "072843.022500", "072844.182500", "072845.342500", "072846.502500", "072847.662500", "072848.822500", "072849.982500", "072851.142500", "072852.302500", "072853.462500", "072854.622500", "072855.782500", "072856.942500", "072858.102500", "072859.262500", "072900.422500", "072901.582500", "072902.742500", "072903.902500", "072905.062500", "072906.222500", "072907.382500", "072908.542500", "072909.702500", "072910.862500", "072912.022500", "072913.182500", "072914.342500", "072915.502500", "072916.662500", "072917.822500", "072918.982500", "072920.142500", "072921.302500", "072922.462500", "072923.622500", "072924.782500", "072925.942500", "072927.102500", "072928.262500", "072929.422500", "072930.582500", "072931.742500", "072932.902500", "072934.062500", "072935.222500", "072936.382500", "072937.542500", "072938.702500", "072939.862500", "072941.022500", "072942.182500", "072943.342500", "072944.502500", "072945.662500", "072946.822500", "072947.982500", "072949.142500", "072950.302500", "072951.462500", "072952.622500", "072953.782500", "072954.942500", "072956.102500", "072957.262500", "072958.422500", "072959.582500", "073000.742500", "073001.902500", "073003.062500", "073004.222500", "073005.382500", "073006.542500", "073007.702500", "073008.862500", "073010.022500", "073011.182500", "073012.342500", "073013.502500", "073014.662500", "073015.822500", "073016.982500", "073018.142500", "073019.302500", "073020.462500", "073021.622500", "073022.782500", "073023.942500", "073025.102500", "073026.262500", "073027.422500", "073028.582500", "073029.742500", "073030.902500", "073032.062500", "073033.222500", "073034.382500", "073035.542500", "073036.702500", "073037.862500", "073039.022500", "073040.182500", "073041.342500", "073042.502500", "073043.662500", "073044.822500", "073045.982500", "073047.142500", "073048.302500", "073049.462500", "073050.622500", "073051.782500", "073052.942500", "073054.102500", "073055.262500", "073056.422500", "073057.582500", "073058.742500", "073059.902500", "073101.062500", "073102.222500", "073103.382500", "073104.542500", "073105.702500", "073106.862500", "073108.022500", "073109.182500", "073110.342500", "073111.502500", "073112.662500", "073113.822500", "073114.982500", "073116.142500", "073117.302500", "073118.462500", "073119.622500", "073120.782500", "073121.942500", "073123.102500", "073124.262500", "073125.422500", "073126.582500", "073127.742500", "073128.902500", "073130.062500", "073131.222500", "073132.382500", "073133.542500", "073134.702500", "073135.862500", "073137.022500", "073138.182500", "073139.342500", "073140.502500", "073141.662500", "073142.822500", "073143.982500", "073145.142500", "073146.302500", "073147.462500", "073148.622500", "073149.782500", "073150.942500", "073152.102500", "073153.262500", "073154.422500", "073155.582500", "073156.742500", "073157.902500", "073159.062500", "073200.222500", "073201.382500", "073202.542500", "073203.702500", "073204.862500", "073206.022500", "073207.182500", "073208.342500", "073209.502500", "073210.662500", "073211.822500", "073212.982500", "073214.142500", "073215.302500", "073216.462500", "073217.622500", "073218.782500", "073219.942500", "073221.102500", "073222.262500", "073223.422500", "073224.582500", "073225.742500", "073226.902500", "073228.062500", "073229.222500", "073230.382500", "073231.542500", "073232.702500", "073233.862500", "073235.022500", "073236.182500", "073237.342500", "073238.502500", "073239.662500", "073240.822500", "073241.982500", "073243.142500", "073244.302500", "073245.462500", "073246.622500", "073247.782500", "073248.942500", "073250.102500", "073251.262500", "073252.422500", "073253.582500", "073254.742500", "073255.902500", "073257.062500", "073258.222500", "073259.382500", "073300.542500", "073301.702500", "073302.862500", "073304.022500", "073305.182500", "073306.342500", "073307.502500", "073308.662500", "073309.822500", "073310.982500", "073312.142500", "073313.302500", "073314.462500", "073315.622500", "073316.782500", "073317.942500", "073319.102500", "073320.262500", "073321.422500", "073322.582500", "073323.742500", "073324.902500", "073326.062500", "073327.222500", "073328.382500", "073329.542500", "073330.702500", "073331.862500", "073333.022500", "073334.182500", "073335.342500", "073336.502500", "073337.662500", "073338.822500", "073339.982500", "073341.142500", "073342.302500", "073343.462500", "073344.622500", "073345.782500", "073346.942500", "073348.102500", "073349.262500", "073350.422500", "073351.582500", "073352.742500", "073353.902500", "073355.062500", "073356.222500", "073357.382500", "073358.542500", "073359.702500", "073400.862500", "073402.022500", "073403.182500", "073404.342500", "073405.502500", "073406.662500", "073407.822500", "073408.982500", "073410.142500", "073411.302500", "073412.462500", "073413.622500", "073414.782500", "073415.942500", "073417.102500", "073418.262500", "073419.422500", "073420.582500", "073421.742500", "073422.902500", "073424.062500", "073425.222500", "073426.382500", "073427.542500", "073428.702500", "073429.862500", "073431.022500", "073432.182500", "073433.342500", "073434.502500", "073435.662500", "073436.822500", "073437.982500", "073439.142500", "073440.302500", "073441.462500", "073442.622500", "073443.782500", "073444.942500", "073446.102500", "073447.262500", "073448.422500", "073449.582500", "073450.742500", "073451.902500", "073453.062500", "073454.222500", "073455.382500", "073456.542500", "073457.702500", "073458.862500", "073500.022500", "073501.182500", "073502.342500", "073503.502500", "073504.662500", "073505.822500", "073506.982500", "073508.142500", "073509.302500", "073510.462500", "073511.622500", "073512.782500", "073513.942500", "073515.102500", "073516.262500", "073517.422500", "073518.582500", "073519.742500", "073520.902500", "073522.062500", "073523.222500", "073524.382500", "073525.542500", "073526.702500", "073527.862500", "073529.022500", "073530.182500", "073531.342500", "073532.502500", "073533.662500", "073534.822500", "073535.982500", "073537.142500", "073538.302500", "073539.462500", "073540.622500", "073541.782500", "073542.942500", "073544.102500", "073545.262500", "073546.422500", "073547.582500", "073548.742500", "073549.902500", "073551.062500", "073552.222500", "073553.382500", "073554.542500", "073555.702500", "073556.862500", "073558.022500", "073559.182500", "073600.342500", "073601.502500", "073602.662500", "073603.822500", "073604.982500", "073606.142500", "073607.302500", "073608.462500", "073609.622500", "073610.782500", "073611.942500", "073613.102500", "073614.262500", "073615.422500", "073616.582500", "073617.742500", "073618.902500", "073620.062500", "073621.222500", "073622.382500", "073623.542500", "073624.702500", "073625.862500", "073627.022500", "073628.182500", "073629.342500", "073630.502500", "073631.662500", "073632.822500", "073633.982500", "073635.142500", "073636.302500", "073637.462500", "073638.622500", "073639.782500", "073640.942500", "073642.102500", "073643.262500", "073644.422500", "073645.582500", "073646.742500", "073647.902500", "073649.062500", "073650.222500", "073651.382500", "073652.542500", "073653.702500", "073654.862500", "073656.022500", "073657.182500", "073658.342500", "073659.502500", "073700.662500", "073701.822500", "073702.982500", "073704.142500", "073705.302500", "073706.462500", "073707.622500", "073708.782500", "073709.942500", "073711.102500", "073712.262500", "073713.422500", "073714.582500", "073715.742500", "073716.902500", "073718.062500", "073719.222500", "073720.382500", "073721.542500", "073722.702500", "073723.862500", "073725.022500", "073726.182500", "073727.342500", "073728.502500", "073729.662500", "073730.822500", "073731.982500", "073733.142500", "073734.302500", "073735.462500", "073736.622500", "073737.782500", "073738.942500", "073740.102500", "073741.262500", "073742.422500", "073743.582500", "073744.742500", "073745.902500", "073747.062500", "073748.222500", "073749.382500", "073750.542500", "073751.702500", "073752.862500", "073754.022500", "073755.182500", "073756.342500", "073757.502500", "073758.662500", "073759.822500", "073800.982500", "073802.142500", "073803.302500", "073804.462500", "073805.622500", "073806.782500", "073807.942500", "073809.102500", "073810.262500", "073811.422500", "073812.582500", "073813.742500", "073814.902500", "073816.062500", "073817.222500", "073818.382500", "073819.542500", "073820.702500", "073821.862500", "073823.022500", "073824.182500", "073825.342500", "073826.502500", "073827.662500"], "ContentTime": ["072845.968000", "072852.156000", "072852.156000", "072852.156000", "072852.156000", "072857.156000", "072857.156000", "072857.171000", "072902.156000", "072902.156000", "072907.156000", "072907.156000", "072907.171000", "072912.156000", "072912.156000", "072917.156000", "072917.156000", "072917.156000", "072922.156000", "072922.156000", "072927.156000", "072927.171000", "072927.171000", "072932.156000", "072932.156000", "072932.156000", "072937.156000", "072937.156000", "072942.156000", "072942.171000", "072942.171000", "072947.156000", "072947.171000", "072952.156000", "072952.156000", "072952.156000", "072957.156000", "072957.156000", "073002.156000", "073002.156000", "073002.156000", "073007.156000", "073007.171000", "073012.156000", "073012.156000", "073012.171000", "073017.156000", "073017.156000", "073017.156000", "073022.156000", "073022.156000", "073027.156000", "073027.156000", "073027.156000", "073032.156000", "073032.156000", "073032.156000", "073037.156000", "073037.156000", "073042.156000", "073042.156000", "073042.156000", "073047.156000", "073047.156000", "073052.156000", "073052.171000", "073052.171000", "073057.156000", "073057.156000", "073102.156000", "073102.171000", "073102.171000", "073107.156000", "073107.156000", "073112.156000", "073112.156000", "073112.156000", "073117.156000", "073117.156000", "073122.156000", "073122.156000", "073122.156000", "073127.156000", "073127.156000", "073132.156000", "073132.156000", "073132.171000", "073137.156000", "073137.156000", "073142.156000", "073142.156000", "073142.156000", "073147.156000", "073147.156000", "073147.156000", "073152.156000", "073152.156000", "073157.156000", "073157.156000", "073157.156000", "073202.156000", "073202.171000", "073207.156000", "073207.156000", "073207.156000", "073212.156000", "073212.156000", "073217.156000", "073217.156000", "073217.156000", "073222.156000", "073222.156000", "073227.156000", "073227.156000", "073227.156000", "073232.156000", "073232.156000", "073237.156000", "073237.156000", "073237.171000", "073242.156000", "073242.156000", "073242.156000", "073247.156000", "073247.156000", "073252.156000", "073252.156000", "073252.171000", "073257.156000", "073257.156000", "073302.156000", "073302.156000", "073302.156000", "073307.156000", "073307.156000", "073312.156000", "073312.156000", "073312.156000", "073317.156000", "073317.156000", "073322.156000", "073322.156000", "073322.156000", "073327.156000", "073327.156000", "073327.156000", "073332.156000", "073332.171000", "073337.156000", "073337.156000", "073337.156000", "073342.156000", "073342.156000", "073347.156000", "073347.156000", "073347.171000", "073352.156000", "073352.156000", "073357.156000", "073357.156000", "073357.156000", "073402.156000", "073402.156000", "073407.156000", "073407.156000", "073407.156000", "073412.156000", "073412.156000", "073412.156000", "073417.156000", "073417.156000", "073422.156000", "073422.156000", "073422.156000", "073427.156000", "073427.156000", "073432.156000", "073432.171000", "073432.171000", "073437.156000", "073437.156000", "073442.156000", "073442.156000", "073442.171000", "073447.156000", "073447.156000", "073452.156000", "073452.156000", "073452.156000", "073457.156000", "073457.156000", "073457.171000", "073502.156000", "073502.156000", "073507.156000", "073507.156000", "073507.156000", "073512.156000", "073512.156000", "073517.156000", "073517.156000", "073517.156000", "073522.156000", "073522.156000", "073522.156000", "073527.156000", "073527.156000", "073532.156000", "073532.156000", "073532.156000", "073537.156000", "073537.156000", "073542.156000", "073542.156000", "073542.156000", "073547.156000", "073547.156000", "073547.156000", "073552.156000", "073552.171000", "073557.156000", "073557.156000", "073557.156000", "073602.156000", "073602.156000", "073607.156000", "073607.156000", "073607.156000", "073612.156000", "073612.156000", "073612.156000", "073617.156000", "073617.156000", "073622.156000", "073622.156000", "073627.156000", "073627.156000", "073627.156000", "073632.156000", "073632.187000", "073632.187000", "073637.156000", "073637.156000", "073642.156000", "073642.156000", "073642.156000", "073647.156000", "073647.171000", "073652.156000", "073652.156000", "073652.171000", "073657.156000", "073657.156000", "073702.156000", "073702.156000", "073702.156000", "073707.156000", "073707.171000", "073712.156000", "073712.156000", "073712.171000", "073717.156000", "073717.156000", "073722.156000", "073722.156000", "073722.156000", "073727.156000", "073727.156000", "073732.156000", "073732.171000", "073732.171000", "073737.156000", "073737.156000", "073742.156000", "073742.156000", "073742.156000", "073747.156000", "073747.156000", "073752.156000", "073752.156000", "073752.156000", "073757.156000", "073757.156000", "073802.156000", "073802.156000", "073802.156000", "073807.156000", "073807.171000", "073812.156000", "073812.156000", "073812.156000", "073817.156000", "073817.156000", "073822.156000", "073822.156000", "073822.156000", "073827.156000", "073827.156000", "073832.156000", "073832.156000", "073832.156000", "073837.156000", "073837.156000", "073837.187000", "073842.156000", "073842.156000", "073847.156000", "073847.156000", "073847.156000", "073852.156000", "073852.156000", "073852.187000", "073857.156000", "073857.156000", "073857.156000", "073902.156000", "073902.156000", "073907.156000", "073907.156000", "073907.156000", "073912.156000", "073912.156000", "073912.156000", "073917.156000", "073917.156000", "073922.156000", "073922.156000", "073922.171000", "073927.156000", "073927.156000", "073927.171000", "073932.156000", "073932.156000", "073937.156000", "073937.156000", "073937.156000", "073942.156000", "073942.156000", "073947.156000", "073947.156000", "073947.156000", "073952.156000", "073952.156000", "073952.156000", "073957.156000", "073957.156000", "073957.156000", "074002.156000", "074002.156000", "074007.156000", "074007.156000", "074007.156000", "074012.156000", "074012.156000", "074012.156000", "074017.156000", "074017.156000", "074017.156000", "074022.156000", "074022.156000", "074027.156000", "074027.156000", "074027.156000", "074032.156000", "074032.156000", "074032.156000", "074037.156000", "074037.156000", "074042.156000", "074042.156000", "074042.156000", "074047.156000", "074047.156000", "074047.156000", "074052.156000", "074052.156000", "074057.156000", "074057.156000", "074057.156000", "074102.156000", "074102.156000", "074102.156000", "074107.156000", "074107.171000", "074107.171000", "074112.156000", "074112.156000", "074117.156000", "074117.156000", "074117.171000", "074122.156000", "074122.156000", "074122.156000", "074127.156000", "074127.171000", "074127.171000", "074132.156000", "074132.156000", "074132.156000", "074137.156000", "074137.156000", "074137.171000", "074142.156000", "074142.156000", "074147.156000", "074147.156000", "074147.171000", "074152.156000", "074152.156000", "074152.171000", "074157.156000", "074157.156000", "074157.156000", "074202.156000", "074202.156000", "074207.156000", "074207.156000", "074207.171000", "074212.156000", "074212.156000", "074212.156000", "074217.156000", "074217.156000", "074217.156000", "074222.156000", "074222.156000", "074222.156000", "074227.156000", "074227.156000", "074232.156000", "074232.156000", "074232.156000", "074237.156000", "074237.156000", "074237.156000", "074242.156000", "074242.156000", "074252.156000", "074252.156000", "074252.156000", "074252.171000", "074252.171000", "074252.171000", "074257.156000", "074257.156000", "074257.171000", "074302.156000", "074302.156000", "074302.171000", "074307.156000", "074307.156000", "074312.156000", "074312.156000", "074312.156000", "074317.156000", "074317.156000", "074317.156000", "074322.156000", "074322.156000", "074327.156000", "074327.156000", "074327.156000", "074332.156000", "074332.156000", "074332.171000", "074337.156000", "074337.156000", "074337.156000", "074342.156000", "074342.156000", "074347.156000", "074347.156000", "074347.156000", "074352.156000", "074352.156000", "074357.156000", "074357.156000", "074357.156000", "074402.156000", "074402.156000", "074407.156000", "074407.171000", "074407.171000", "074412.156000", "074412.156000", "074412.156000", "074417.156000", "074417.156000", "074422.156000", "074422.156000", "074422.171000", "074427.156000", "074427.156000", "074427.171000", "074432.156000", "074432.156000", "074437.156000", "074437.156000", "074437.156000", "074442.156000", "074442.156000", "074447.156000", "074447.156000", "074447.156000", "074452.156000", "074452.156000", "074452.171000", "074457.156000", "074457.156000", "074502.156000", "074502.156000", "074502.156000", "074507.156000", "074507.171000", "074512.156000", "074512.156000", "074512.156000", "074512.812000"], "InstanceCreationTime": ["072845.968000", "072852.156000", "072852.156000", "072852.156000", "072852.156000", "072857.156000", "072857.156000", "072857.171000", "072902.156000", "072902.156000", "072907.156000", "072907.156000", "072907.171000", "072912.156000", "072912.156000", "072917.156000", "072917.156000", "072917.156000", "072922.156000", "072922.156000", "072927.156000", "072927.171000", "072927.171000", "072932.156000", "072932.156000", "072932.156000", "072937.156000", "072937.156000", "072942.156000", "072942.171000", "072942.171000", "072947.156000", "072947.171000", "072952.156000", "072952.156000", "072952.156000", "072957.156000", "072957.156000", "073002.156000", "073002.156000", "073002.156000", "073007.156000", "073007.171000", "073012.156000", "073012.156000", "073012.171000", "073017.156000", "073017.156000", "073017.156000", "073022.156000", "073022.156000", "073027.156000", "073027.156000", "073027.156000", "073032.156000", "073032.156000", "073032.156000", "073037.156000", "073037.156000", "073042.156000", "073042.156000", "073042.156000", "073047.156000", "073047.156000", "073052.156000", "073052.171000", "073052.171000", "073057.156000", "073057.156000", "073102.156000", "073102.171000", "073102.171000", "073107.156000", "073107.156000", "073112.156000", "073112.156000", "073112.156000", "073117.156000", "073117.156000", "073122.156000", "073122.156000", "073122.156000", "073127.156000", "073127.156000", "073132.156000", "073132.156000", "073132.171000", "073137.156000", "073137.156000", "073142.156000", "073142.156000", "073142.156000", "073147.156000", "073147.156000", "073147.156000", "073152.156000", "073152.156000", "073157.156000", "073157.156000", "073157.156000", "073202.156000", "073202.171000", "073207.156000", "073207.156000", "073207.156000", "073212.156000", "073212.156000", "073217.156000", "073217.156000", "073217.156000", "073222.156000", "073222.156000", "073227.156000", "073227.156000", "073227.156000", "073232.156000", "073232.156000", "073237.156000", "073237.156000", "073237.171000", "073242.156000", "073242.156000", "073242.156000", "073247.156000", "073247.156000", "073252.156000", "073252.156000", "073252.171000", "073257.156000", "073257.156000", "073302.156000", "073302.156000", "073302.156000", "073307.156000", "073307.156000", "073312.156000", "073312.156000", "073312.156000", "073317.156000", "073317.156000", "073322.156000", "073322.156000", "073322.156000", "073327.156000", "073327.156000", "073327.156000", "073332.156000", "073332.171000", "073337.156000", "073337.156000", "073337.156000", "073342.156000", "073342.156000", "073347.156000", "073347.156000", "073347.171000", "073352.156000", "073352.156000", "073357.156000", "073357.156000", "073357.156000", "073402.156000", "073402.156000", "073407.156000", "073407.156000", "073407.156000", "073412.156000", "073412.156000", "073412.156000", "073417.156000", "073417.156000", "073422.156000", "073422.156000", "073422.156000", "073427.156000", "073427.156000", "073432.156000", "073432.171000", "073432.171000", "073437.156000", "073437.156000", "073442.156000", "073442.156000", "073442.171000", "073447.156000", "073447.156000", "073452.156000", "073452.156000", "073452.156000", "073457.156000", "073457.156000", "073457.171000", "073502.156000", "073502.156000", "073507.156000", "073507.156000", "073507.156000", "073512.156000", "073512.156000", "073517.156000", "073517.156000", "073517.156000", "073522.156000", "073522.156000", "073522.156000", "073527.156000", "073527.156000", "073532.156000", "073532.156000", "073532.156000", "073537.156000", "073537.156000", "073542.156000", "073542.156000", "073542.156000", "073547.156000", "073547.156000", "073547.156000", "073552.156000", "073552.171000", "073557.156000", "073557.156000", "073557.156000", "073602.156000", "073602.156000", "073607.156000", "073607.156000", "073607.156000", "073612.156000", "073612.156000", "073612.156000", "073617.156000", "073617.156000", "073622.156000", "073622.156000", "073627.156000", "073627.156000", "073627.156000", "073632.156000", "073632.187000", "073632.187000", "073637.156000", "073637.156000", "073642.156000", "073642.156000", "073642.156000", "073647.156000", "073647.171000", "073652.156000", "073652.156000", "073652.171000", "073657.156000", "073657.156000", "073702.156000", "073702.156000", "073702.156000", "073707.156000", "073707.171000", "073712.156000", "073712.156000", "073712.171000", "073717.156000", "073717.156000", "073722.156000", "073722.156000", "073722.156000", "073727.156000", "073727.156000", "073732.156000", "073732.171000", "073732.171000", "073737.156000", "073737.156000", "073742.156000", "073742.156000", "073742.156000", "073747.156000", "073747.156000", "073752.156000", "073752.156000", "073752.156000", "073757.156000", "073757.156000", "073802.156000", "073802.156000", "073802.156000", "073807.156000", "073807.171000", "073812.156000", "073812.156000", "073812.156000", "073817.156000", "073817.156000", "073822.156000", "073822.156000", "073822.156000", "073827.156000", "073827.156000", "073832.156000", "073832.156000", "073832.156000", "073837.156000", "073837.156000", "073837.187000", "073842.156000", "073842.156000", "073847.156000", "073847.156000", "073847.156000", "073852.156000", "073852.156000", "073852.187000", "073857.156000", "073857.156000", "073857.156000", "073902.156000", "073902.156000", "073907.156000", "073907.156000", "073907.156000", "073912.156000", "073912.156000", "073912.156000", "073917.156000", "073917.156000", "073922.156000", "073922.156000", "073922.171000", "073927.156000", "073927.156000", "073927.171000", "073932.156000", "073932.156000", "073937.156000", "073937.156000", "073937.156000", "073942.156000", "073942.156000", "073947.156000", "073947.156000", "073947.156000", "073952.156000", "073952.156000", "073952.156000", "073957.156000", "073957.156000", "073957.156000", "074002.156000", "074002.156000", "074007.156000", "074007.156000", "074007.156000", "074012.156000", "074012.156000", "074012.156000", "074017.156000", "074017.156000", "074017.156000", "074022.156000", "074022.156000", "074027.156000", "074027.156000", "074027.156000", "074032.156000", "074032.156000", "074032.156000", "074037.156000", "074037.156000", "074042.156000", "074042.156000", "074042.156000", "074047.156000", "074047.156000", "074047.156000", "074052.156000", "074052.156000", "074057.156000", "074057.156000", "074057.156000", "074102.156000", "074102.156000", "074102.156000", "074107.156000", "074107.171000", "074107.171000", "074112.156000", "074112.156000", "074117.156000", "074117.156000", "074117.171000", "074122.156000", "074122.156000", "074122.156000", "074127.156000", "074127.171000", "074127.171000", "074132.156000", "074132.156000", "074132.156000", "074137.156000", "074137.156000", "074137.171000", "074142.156000", "074142.156000", "074147.156000", "074147.156000", "074147.171000", "074152.156000", "074152.156000", "074152.171000", "074157.156000", "074157.156000", "074157.156000", "074202.156000", "074202.156000", "074207.156000", "074207.156000", "074207.171000", "074212.156000", "074212.156000", "074212.156000", "074217.156000", "074217.156000", "074217.156000", "074222.156000", "074222.156000", "074222.156000", "074227.156000", "074227.156000", "074232.156000", "074232.156000", "074232.156000", "074237.156000", "074237.156000", "074237.156000", "074242.156000", "074242.156000", "074252.156000", "074252.156000", "074252.156000", "074252.171000", "074252.171000", "074252.171000", "074257.156000", "074257.156000", "074257.171000", "074302.156000", "074302.156000", "074302.171000", "074307.156000", "074307.156000", "074312.156000", "074312.156000", "074312.156000", "074317.156000", "074317.156000", "074317.156000", "074322.156000", "074322.156000", "074327.156000", "074327.156000", "074327.156000", "074332.156000", "074332.156000", "074332.171000", "074337.156000", "074337.156000", "074337.156000", "074342.156000", "074342.156000", "074347.156000", "074347.156000", "074347.156000", "074352.156000", "074352.156000", "074357.156000", "074357.156000", "074357.156000", "074402.156000", "074402.156000", "074407.156000", "074407.171000", "074407.171000", "074412.156000", "074412.156000", "074412.156000", "074417.156000", "074417.156000", "074422.156000", "074422.156000", "074422.171000", "074427.156000", "074427.156000", "074427.171000", "074432.156000", "074432.156000", "074437.156000", "074437.156000", "074437.156000", "074442.156000", "074442.156000", "074447.156000", "074447.156000", "074447.156000", "074452.156000", "074452.156000", "074452.171000", "074457.156000", "074457.156000", "074502.156000", "074502.156000", "074502.156000", "074507.156000", "074507.171000", "074512.156000", "074512.156000", "074512.156000", "074512.812000"], "InstanceNumber": [1, 2, 3, 4, 5, 6, 7, 8, 9, 10, 11, 12, 13, 14, 15, 16, 17, 18, 19, 20, 21, 22, 23, 24, 25, 26, 27, 28, 29, 30, 31, 32, 33, 34, 35, 36, 37, 38, 39, 40, 41, 42, 43, 44, 45, 46, 47, 48, 49, 50, 51, 52, 53, 54, 55, 56, 57, 58, 59, 60, 61, 62, 63, 64, 65, 66, 67, 68, 69, 70, 71, 72, 73, 74, 75, 76, 77, 78, 79, 80, 81, 82, 83, 84, 85, 86, 87, 88, 89, 90, 91, 92, 93, 94, 95, 96, 97, 98, 99, 100, 101, 102, 103, 104, 105, 106, 107, 108, 109, 110, 111, 112, 113, 114, 115, 116, 117, 118, 119, 120, 121, 122, 123, 124, 125, 126, 127, 128, 129, 130, 131, 132, 133, 134, 135, 136, 137, 138, 139, 140, 141, 142, 143, 144, 145, 146, 147, 148, 149, 150, 151, 152, 153, 154, 155, 156, 157, 158, 159, 160, 161, 162, 163, 164, 165, 166, 167, 168, 169, 170, 171, 172, 173, 174, 175, 176, 177, 178, 179, 180, 181, 182, 183, 184, 185, 186, 187, 188, 189, 190, 191, 192, 193, 194, 195, 196, 197, 198, 199, 200, 201, 202, 203, 204, 205, 206, 207, 208, 209, 210, 211, 212, 213, 214, 215, 216, 217, 218, 219, 220, 221, 222, 223, 224, 225, 226, 227, 228, 229, 230, 231, 232, 233, 234, 235, 236, 237, 238, 239, 240, 241, 242, 243, 244, 245, 246, 247, 248, 249, 250, 251, 252, 253, 254, 255, 256, 257, 258, 259, 260, 261, 262, 263, 264, 265, 266, 267, 268, 269, 270, 271, 272, 273, 274, 275, 276, 277, 278, 279, 280, 281, 282, 283, 284, 285, 286, 287, 288, 289, 290, 291, 292, 293, 294, 295, 296, 297, 298, 299, 300, 301, 302, 303, 304, 305, 306, 307, 308, 309, 310, 311, 312, 313, 314, 315, 316, 317, 318, 319, 320, 321, 322, 323, 324, 325, 326, 327, 328, 329, 330, 331, 332, 333, 334, 335, 336, 337, 338, 339, 340, 341, 342, 343, 344, 345, 346, 347, 348, 349, 350, 351, 352, 353, 354, 355, 356, 357, 358, 359, 360, 361, 362, 363, 364, 365, 366, 367, 368, 369, 370, 371, 372, 373, 374, 375, 376, 377, 378, 379, 380, 381, 382, 383, 384, 385, 386, 387, 388, 389, 390, 391, 392, 393, 394, 395, 396, 397, 398, 399, 400, 401, 402, 403, 404, 405, 406, 407, 408, 409, 410, 411, 412, 413, 414, 415, 416, 417, 418, 419, 420, 421, 422, 423, 424, 425, 426, 427, 428, 429, 430, 431, 432, 433, 434, 435, 436, 437, 438, 439, 440, 441, 442, 443, 444, 445, 446, 447, 448, 449, 450, 451, 452, 453, 454, 455, 456, 457, 458, 459, 460, 461, 462, 463, 464, 465, 466, 467, 468, 469, 470, 471, 472, 473, 474, 475, 476, 477, 478, 479, 480, 481, 482, 483, 484, 485, 486, 487, 488, 489, 490, 491, 492, 493, 494, 495, 496, 497, 498, 499, 500, 501, 502, 503, 504, 505, 506, 507, 508, 509, 510, 511, 512, 513, 514, 515, 516, 517, 518], "LargestImagePixelValue": [23771, 25182, 23151, 23235, 31499, 25010, 28036, 22674, 32717, 22816, 30025, 22940, 31961, 23008, 35628, 22923, 32231, 23388, 24370, 29022, 23136, 25156, 22994, 32377, 24137, 32353, 22867, 33308, 25096, 28223, 24700, 32925, 22774, 30840, 22967, 33584, 22830, 30624, 30806, 23732, 32169, 24163, 34581, 22740, 30617, 23100, 23378, 30766, 23047, 33123, 23819, 31437, 22516, 32752, 22791, 28268, 27471, 22663, 22967, 30059, 22631, 26762, 33830, 22909, 27444, 23212, 22774, 28377, 26492, 22765, 23013, 33554, 25970, 23674, 33503, 22766, 30513, 22499, 30311, 23687, 23275, 31798, 22686, 31298, 23673, 27804, 24393, 23805, 32374, 22796, 31743, 22527, 25729, 33616, 26010, 23806, 32287, 22382, 31438, 22852, 31318, 32267, 22599, 31080, 22589, 31625, 23265, 33486, 23211, 31671, 25781, 23636, 25166, 25979, 27024, 32518, 22417, 25746, 34808, 22463, 31883, 22358, 33448, 22845, 32501, 22730, 31823, 26907, 23073, 30582, 23319, 30241, 22453, 28775, 22703, 33518, 23155, 32911, 22391, 29686, 23878, 33370, 22887, 29538, 23346, 25476, 23278, 31231, 26680, 22441, 28622, 24878, 26346, 24624, 33733, 22682, 32173, 25340, 23183, 30701, 24500, 22369, 25456, 28785, 22655, 29310, 23442, 32872, 24011, 31838, 23774, 22272, 24354, 33454, 23734, 32095, 22807, 30853, 24383, 33411, 23177, 32435, 22425, 32160, 23426, 30345, 22727, 22366, 25645, 23771, 32391, 24686, 31324, 23053, 23046, 32864, 23344, 26756, 24407, 30162, 24776, 23217, 33129, 22996, 28488, 22445, 22858, 27697, 23874, 22602, 24082, 32677, 22444, 22898, 28788, 22527, 32380, 23779, 29859, 24300, 26055, 23996, 22426, 33865, 25468, 26869, 29086, 22576, 33340, 22285, 31728, 25639, 24111, 32074, 22449, 29445, 22519, 25112, 33289, 22988, 32024, 23830, 31207, 22690, 32004, 27989, 22897, 28863, 28033, 23182, 28421, 26485, 26213, 36875, 26539, 24846, 31558, 27183, 28367, 31466, 24120, 24415, 35305, 29456, 30495, 23775, 29587, 22972, 33235, 27047, 25071, 33984, 22354, 32556, 23492, 22793, 33737, 24316, 32799, 23013, 32432, 23192, 26632, 33669, 24005, 30665, 29056, 22992, 33466, 22541, 32108, 22355, 31047, 22597, 28479, 23662, 29917, 26698, 22759, 32965, 30902, 23708, 32495, 22778, 30812, 28060, 23395, 32692, 23832, 30015, 28693, 22890, 32269, 23596, 29391, 26726, 24845, 33112, 25158, 27528, 28439, 23231, 32194, 26920, 23474, 22708, 26592, 29408, 26840, 28292, 33985, 23079, 31161, 22566, 26975, 24392, 22909, 33481, 23289, 31960, 22288, 32100, 23835, 27072, 24943, 26625, 22682, 24554, 22655, 30834, 24588, 34061, 22246, 28395, 24482, 29312, 24900, 22999, 31943, 22966, 31158, 22470, 32956, 22264, 22447, 23192, 25456, 29645, 23886, 34318, 22484, 31158, 24024, 28882, 26858, 22270, 33666, 22587, 33370, 22581, 32697, 23334, 25229, 23078, 22857, 23394, 31859, 22757, 27708, 24304, 23560, 23419, 33228, 22723, 28662, 26081, 25371, 25980, 29678, 24285, 26473, 24446, 26096, 24094, 31581, 22602, 31156, 24373, 31248, 24415, 30523, 22301, 23840, 23784, 25511, 23212, 22298, 32059, 25632, 22578, 30535, 22197, 29401, 30696, 25260, 29299, 24042, 24345, 28683, 22387, 32651, 25942, 23712, 30227, 22232, 27609, 22347, 24057, 23770, 25336, 22391, 22423, 32289, 24263, 24016, 28644, 26186, 25855, 25148, 31316, 25742, 22532, 30283, 22372, 28656, 23522, 30102, 28782, 22726, 31524, 23130, 27672, 25936, 22516, 30866, 22401, 30991, 27860, 23352, 30669, 25499, 24388, 28983, 23873, 31558, 25949, 24959, 29727, 22633, 32106, 23062, 26289, 26294, 22870, 28133, 23174, 29684, 23543, 28679, 22498, 30876, 22448, 31217, 22965, 29188, 22698, 30179, 23434, 24953, 31557, 22784, 30844, 22859, 23687, 23876, 31630, 22891, 32320, 23778, 31890, 23110, 30083, 24979, 22927, 27033, 24506, 22883, 25277], "WindowCenter": [9598.0, 9603.0, 9603.0, 9599.0, 9627.0, 9575.0, 9609.0, 9578.0, 9623.0, 9575.0, 9620.0, 9596.0, 9629.0, 9591.0, 9643.0, 9581.0, 9644.0, 9582.0, 9584.0, 9620.0, 9598.0, 9601.0, 9586.0, 9634.0, 9585.0, 9638.0, 9592.0, 9643.0, 9601.0, 9617.0, 9589.0, 9627.0, 9573.0, 9632.0, 9587.0, 9640.0, 9593.0, 9648.0, 9625.0, 9581.0, 9630.0, 9598.0, 9629.0, 9584.0, 9614.0, 9586.0, 9586.0, 9602.0, 9582.0, 9627.0, 9573.0, 9611.0, 9572.0, 9623.0, 9570.0, 9611.0, 9612.0, 9593.0, 9595.0, 9627.0, 9588.0, 9615.0, 9635.0, 9572.0, 9604.0, 9589.0, 9582.0, 9618.0, 9595.0, 9585.0, 9603.0, 9635.0, 9599.0, 9595.0, 9622.0, 9584.0, 9631.0, 9590.0, 9641.0, 9594.0, 9599.0, 9644.0, 9598.0, 9641.0, 9585.0, 9613.0, 9597.0, 9583.0, 9622.0, 9581.0, 9625.0, 9593.0, 9608.0, 9648.0, 9597.0, 9605.0, 9625.0, 9584.0, 9620.0, 9604.0, 9632.0, 9627.0, 9593.0, 9637.0, 9585.0, 9640.0, 9603.0, 9642.0, 9605.0, 9642.0, 9609.0, 9594.0, 9590.0, 9607.0, 9605.0, 9625.0, 9579.0, 9598.0, 9628.0, 9563.0, 9616.0, 9577.0, 9636.0, 9587.0, 9630.0, 9584.0, 9645.0, 9619.0, 9595.0, 9638.0, 9590.0, 9631.0, 9578.0, 9622.0, 9593.0, 9657.0, 9606.0, 9655.0, 9593.0, 9646.0, 9614.0, 9640.0, 9614.0, 9634.0, 9616.0, 9614.0, 9599.0, 9638.0, 9617.0, 9609.0, 9636.0, 9606.0, 9607.0, 9601.0, 9650.0, 9602.0, 9639.0, 9612.0, 9584.0, 9610.0, 9604.0, 9592.0, 9598.0, 9606.0, 9587.0, 9615.0, 9577.0, 9620.0, 9587.0, 9618.0, 9591.0, 9593.0, 9624.0, 9641.0, 9606.0, 9640.0, 9592.0, 9627.0, 9598.0, 9634.0, 9590.0, 9617.0, 9576.0, 9631.0, 9580.0, 9611.0, 9577.0, 9577.0, 9603.0, 9591.0, 9635.0, 9595.0, 9622.0, 9589.0, 9587.0, 9631.0, 9597.0, 9606.0, 9580.0, 9614.0, 9584.0, 9570.0, 9616.0, 9566.0, 9588.0, 9566.0, 9579.0, 9585.0, 9568.0, 9560.0, 9574.0, 9648.0, 9565.0, 9587.0, 9614.0, 9583.0, 9634.0, 9604.0, 9621.0, 9578.0, 9584.0, 9596.0, 9578.0, 9625.0, 9594.0, 9603.0, 9591.0, 9570.0, 9608.0, 9572.0, 9626.0, 9590.0, 9594.0, 9635.0, 9565.0, 9606.0, 9588.0, 9595.0, 9637.0, 9602.0, 9645.0, 9604.0, 9640.0, 9610.0, 9647.0, 9620.0, 9585.0, 9621.0, 9611.0, 9582.0, 9632.0, 9599.0, 9618.0, 9686.0, 9653.0, 9707.0, 9666.0, 9637.0, 9635.0, 9644.0, 9611.0, 9600.0, 9685.0, 9662.0, 9641.0, 9604.0, 9635.0, 9609.0, 9635.0, 9614.0, 9580.0, 9628.0, 9590.0, 9632.0, 9618.0, 9616.0, 9668.0, 9621.0, 9673.0, 9618.0, 9662.0, 9605.0, 9622.0, 9660.0, 9621.0, 9647.0, 9630.0, 9599.0, 9648.0, 9594.0, 9648.0, 9587.0, 9633.0, 9614.0, 9634.0, 9605.0, 9655.0, 9613.0, 9594.0, 9644.0, 9633.0, 9605.0, 9653.0, 9602.0, 9650.0, 9623.0, 9611.0, 9652.0, 9605.0, 9653.0, 9636.0, 9608.0, 9646.0, 9604.0, 9654.0, 9635.0, 9625.0, 9649.0, 9615.0, 9625.0, 9629.0, 9614.0, 9632.0, 9622.0, 9604.0, 9609.0, 9639.0, 9633.0, 9621.0, 9634.0, 9642.0, 9588.0, 9632.0, 9591.0, 9623.0, 9596.0, 9591.0, 9626.0, 9593.0, 9619.0, 9595.0, 9644.0, 9603.0, 9609.0, 9599.0, 9614.0, 9584.0, 9605.0, 9594.0, 9649.0, 9601.0, 9644.0, 9598.0, 9613.0, 9590.0, 9632.0, 9601.0, 9586.0, 9640.0, 9589.0, 9648.0, 9591.0, 9645.0, 9615.0, 9617.0, 9615.0, 9626.0, 9653.0, 9620.0, 9646.0, 9608.0, 9640.0, 9621.0, 9639.0, 9630.0, 9606.0, 9650.0, 9608.0, 9646.0, 9595.0, 9647.0, 9598.0, 9593.0, 9606.0, 9601.0, 9601.0, 9650.0, 9612.0, 9626.0, 9604.0, 9607.0, 9618.0, 9660.0, 9599.0, 9638.0, 9629.0, 9628.0, 9631.0, 9638.0, 9611.0, 9624.0, 9610.0, 9619.0, 9599.0, 9639.0, 9615.0, 9628.0, 9597.0, 9630.0, 9605.0, 9632.0, 9584.0, 9601.0, 9601.0, 9614.0, 9617.0, 9599.0, 9628.0, 9602.0, 9596.0, 9646.0, 9611.0, 9647.0, 9647.0, 9621.0, 9625.0, 9602.0, 9599.0, 9618.0, 9576.0, 9630.0, 9598.0, 9586.0, 9617.0, 9581.0, 9619.0, 9592.0, 9603.0, 9613.0, 9614.0, 9603.0, 9614.0, 9652.0, 9613.0, 9615.0, 9627.0, 9625.0, 9614.0, 9620.0, 9648.0, 9612.0, 9602.0, 9638.0, 9616.0, 9646.0, 9630.0, 9649.0, 9643.0, 9604.0, 9650.0, 9600.0, 9632.0, 9619.0, 9588.0, 9650.0, 9618.0, 9665.0, 9645.0, 9618.0, 9637.0, 9621.0, 9593.0, 9615.0, 9584.0, 9639.0, 9607.0, 9598.0, 9624.0, 9576.0, 9622.0, 9577.0, 9605.0, 9597.0, 9571.0, 9610.0, 9590.0, 9623.0, 9588.0, 9598.0, 9580.0, 9617.0, 9572.0, 9621.0, 9600.0, 9622.0, 9583.0, 9618.0, 9590.0, 9614.0, 9637.0, 9598.0, 9644.0, 9601.0, 9617.0, 9635.0, 9663.0, 9623.0, 9657.0, 9610.0, 9642.0, 9608.0, 9663.0, 9631.0, 9605.0, 9632.0, 9621.0, 9629.0, 9661.0], "WindowWidth": [20383.0, 20388.0, 20388.0, 20384.0, 20429.0, 20326.0, 20389.0, 20332.0, 20413.0, 20327.0, 20412.0, 20372.0, 20432.0, 20366.0, 20454.0, 20340.0, 20455.0, 20339.0, 20342.0, 20411.0, 20373.0, 20377.0, 20354.0, 20439.0, 20348.0, 20445.0, 20364.0, 20458.0, 20380.0, 20405.0, 20354.0, 20423.0, 20324.0, 20433.0, 20356.0, 20450.0, 20369.0, 20473.0, 20421.0, 20339.0, 20429.0, 20375.0, 20425.0, 20343.0, 20399.0, 20346.0, 20346.0, 20371.0, 20336.0, 20419.0, 20320.0, 20384.0, 20317.0, 20409.0, 20316.0, 20388.0, 20392.0, 20361.0, 20368.0, 20427.0, 20352.0, 20400.0, 20434.0, 20317.0, 20376.0, 20351.0, 20341.0, 20408.0, 20360.0, 20344.0, 20381.0, 20438.0, 20371.0, 20363.0, 20410.0, 20346.0, 20434.0, 20356.0, 20453.0, 20368.0, 20376.0, 20458.0, 20375.0, 20456.0, 20348.0, 20394.0, 20369.0, 20344.0, 20413.0, 20344.0, 20422.0, 20363.0, 20392.0, 20464.0, 20368.0, 20383.0, 20419.0, 20345.0, 20410.0, 20387.0, 20434.0, 20422.0, 20363.0, 20445.0, 20353.0, 20455.0, 20388.0, 20451.0, 20389.0, 20453.0, 20391.0, 20363.0, 20357.0, 20389.0, 20384.0, 20415.0, 20330.0, 20365.0, 20416.0, 20298.0, 20396.0, 20333.0, 20441.0, 20350.0, 20428.0, 20348.0, 20459.0, 20408.0, 20365.0, 20448.0, 20360.0, 20427.0, 20335.0, 20416.0, 20367.0, 20484.0, 20401.0, 20479.0, 20368.0, 20468.0, 20408.0, 20453.0, 20414.0, 20442.0, 20412.0, 20407.0, 20379.0, 20448.0, 20407.0, 20395.0, 20445.0, 20389.0, 20389.0, 20381.0, 20468.0, 20384.0, 20451.0, 20398.0, 20347.0, 20391.0, 20381.0, 20362.0, 20370.0, 20383.0, 20353.0, 20399.0, 20327.0, 20404.0, 20349.0, 20406.0, 20357.0, 20365.0, 20426.0, 20453.0, 20391.0, 20452.0, 20363.0, 20422.0, 20372.0, 20437.0, 20359.0, 20401.0, 20328.0, 20429.0, 20333.0, 20386.0, 20325.0, 20330.0, 20378.0, 20360.0, 20441.0, 20367.0, 20412.0, 20352.0, 20348.0, 20427.0, 20364.0, 20379.0, 20334.0, 20391.0, 20333.0, 20308.0, 20388.0, 20297.0, 20337.0, 20299.0, 20330.0, 20337.0, 20302.0, 20291.0, 20320.0, 20460.0, 20305.0, 20352.0, 20395.0, 20342.0, 20433.0, 20380.0, 20406.0, 20330.0, 20340.0, 20360.0, 20330.0, 20411.0, 20354.0, 20370.0, 20346.0, 20316.0, 20378.0, 20316.0, 20419.0, 20349.0, 20359.0, 20438.0, 20304.0, 20377.0, 20352.0, 20365.0, 20441.0, 20380.0, 20463.0, 20387.0, 20449.0, 20399.0, 20463.0, 20409.0, 20343.0, 20410.0, 20391.0, 20338.0, 20432.0, 20369.0, 20413.0, 20553.0, 20511.0, 20627.0, 20509.0, 20447.0, 20441.0, 20454.0, 20397.0, 20374.0, 20554.0, 20509.0, 20448.0, 20384.0, 20435.0, 20393.0, 20437.0, 20397.0, 20328.0, 20418.0, 20355.0, 20429.0, 20415.0, 20416.0, 20509.0, 20425.0, 20523.0, 20423.0, 20496.0, 20390.0, 20424.0, 20493.0, 20420.0, 20465.0, 20437.0, 20384.0, 20466.0, 20364.0, 20463.0, 20351.0, 20434.0, 20405.0, 20443.0, 20387.0, 20481.0, 20402.0, 20365.0, 20454.0, 20435.0, 20388.0, 20471.0, 20382.0, 20474.0, 20420.0, 20406.0, 20473.0, 20388.0, 20485.0, 20448.0, 20399.0, 20465.0, 20385.0, 20485.0, 20450.0, 20431.0, 20474.0, 20410.0, 20425.0, 20431.0, 20405.0, 20435.0, 20416.0, 20388.0, 20403.0, 20456.0, 20443.0, 20419.0, 20442.0, 20452.0, 20352.0, 20434.0, 20357.0, 20416.0, 20367.0, 20356.0, 20416.0, 20363.0, 20403.0, 20363.0, 20454.0, 20379.0, 20387.0, 20372.0, 20394.0, 20342.0, 20386.0, 20364.0, 20466.0, 20382.0, 20455.0, 20370.0, 20395.0, 20353.0, 20427.0, 20375.0, 20348.0, 20445.0, 20354.0, 20466.0, 20361.0, 20462.0, 20408.0, 20413.0, 20414.0, 20432.0, 20479.0, 20422.0, 20462.0, 20397.0, 20452.0, 20421.0, 20452.0, 20440.0, 20390.0, 20466.0, 20392.0, 20458.0, 20364.0, 20460.0, 20376.0, 20358.0, 20389.0, 20381.0, 20379.0, 20470.0, 20410.0, 20429.0, 20388.0, 20395.0, 20415.0, 20489.0, 20382.0, 20450.0, 20433.0, 20433.0, 20438.0, 20450.0, 20398.0, 20418.0, 20397.0, 20414.0, 20378.0, 20449.0, 20409.0, 20425.0, 20364.0, 20424.0, 20377.0, 20426.0, 20339.0, 20379.0, 20378.0, 20400.0, 20411.0, 20375.0, 20424.0, 20378.0, 20373.0, 20464.0, 20401.0, 20472.0, 20464.0, 20416.0, 20419.0, 20380.0, 20375.0, 20401.0, 20322.0, 20423.0, 20362.0, 20341.0, 20401.0, 20334.0, 20407.0, 20360.0, 20383.0, 20403.0, 20405.0, 20387.0, 20410.0, 20478.0, 20402.0, 20406.0, 20428.0, 20421.0, 20398.0, 20412.0, 20464.0, 20394.0, 20380.0, 20448.0, 20411.0, 20467.0, 20441.0, 20473.0, 20460.0, 20390.0, 20469.0, 20378.0, 20439.0, 20411.0, 20355.0, 20469.0, 20418.0, 20509.0, 20466.0, 20413.0, 20444.0, 20412.0, 20357.0, 20392.0, 20338.0, 20438.0, 20378.0, 20364.0, 20410.0, 20325.0, 20404.0, 20320.0, 20373.0, 20359.0, 20310.0, 20382.0, 20352.0, 20408.0, 20348.0, 20356.0, 20328.0, 20395.0, 20317.0, 20407.0, 20370.0, 20410.0, 20343.0, 20401.0, 20353.0, 20400.0, 20440.0, 20370.0, 20457.0, 20384.0, 20410.0, 20450.0, 20498.0, 20425.0, 20484.0, 20400.0, 20453.0, 20390.0, 20497.0, 20437.0, 20387.0, 20441.0, 20424.0, 20440.0, 20507.0]}, "slices": {}}}