{"AcquisitionMatrixPE": 96, "AcquisitionNumber": 1, "AcquisitionTime": "17:10:22.860000", "BandwidthPerPixelPhaseEncode": 33.602, "BaseResolution": 96, "BodyPartExamined": "BRAIN", "ConsistencyInfo": "N4_VD11D_LATEST_20110129", "ConversionSoftware": "dcm2niix", "ConversionSoftwareVersion": "v1.0.20210317", "DerivedVendorReportedEchoSpacing": 0.000620003, "DeviceSerialNumber": "45239", "DwellTime": 2.6e-06, "EchoTime": 0.03, "EchoTrainLength": 48, "EffectiveEchoSpacing": 0.000310001, "FlipAngle": 63, "ImageComments": "Unaliased MB4/PE3", "ImageOrientationPatientDICOM": [0.999854, 0.0145871, -0.00886912, -0.0170718, 0.854334, -0.519443], "ImageType": ["ORIGINAL", "PRIMARY", "M", "ND", "NORM", "MOSAIC"], "ImagingFrequency": 123.193, "InPlanePhaseEncodingDirectionDICOM": "COL", "InstitutionAddress": "E 24th St. 100,Austin,Southmiddle,US,78712", "InstitutionName": "Univ of Texas at Austin", "InstitutionalDepartmentName": "IRC", "MRAcquisitionType": "2D", "MagneticFieldStrength": 3, "Manufacturer": "Siemens", "ManufacturersModelName": "Skyra", "Modality": "MR", "MultibandAccelerationFactor": 4, "ParallelReductionFactorInPlane": 2, "PartialFourier": 1, "PatientPosition": "HFS", "PercentPhaseFOV": 100, "PercentSampling": 100, "PhaseEncodingDirection": "j-", "PhaseEncodingSteps": 96, "PhaseResolution": 1, "PixelBandwidth": 2005, "ProcedureStepDescription": "Poldrack2^self-scanning", "ProtocolName": "Resting State fMRI MBEPI_matrix96_BW2004", "PulseSequenceDetails": "%CustomerSeq%\\cmrr_mbep2d_bold", "ReceiveCoilActiveElements": "HEA;HEP", "ReceiveCoilName": "Head_32", "ReconMatrixPE": 96, "RefLinesPE": 94, "RepetitionTime": 1.16, "SAR": 0.103874, "ScanOptions": "FS", "ScanningSequence": "EP", "SequenceName": "epfid2d1_96", "SequenceVariant": "SK", "SeriesDescription": "Resting State fMRI MBEPI_matrix96_BW2004", "SeriesNumber": 9, "ShimSetting": [-2803, 8049, -15431, 162, -231, 112, 190, -98], "SliceThickness": 2, "SliceTiming": [0, 0.6125, 0.0675, 0.68, 0.135, 0.75, 0.2025, 0.8175, 0.2725, 0.885, 0.34, 0.9525, 0.4075, 1.0225, 0.4775, 1.09, 0.545, 0, 0.6125, 0.0675, 0.68, 0.135, 0.75, 0.2025, 0.8175, 0.2725, 0.885, 0.34, 0.9525, 0.4075, 1.0225, 0.4775, 1.09, 0.545, 0, 0.6125, 0.0675, 0.68, 0.135, 0.75, 0.2025, 0.8175, 0.2725, 0.885, 0.34, 0.9525, 0.4075, 1.0225, 0.4775, 1.09, 0.545, 0, 0.6125, 0.0675, 0.68, 0.135, 0.75, 0.2025, 0.8175, 0.2725, 0.885, 0.34, 0.9525, 0.4075, 1.0225, 0.4775, 1.09, 0.545], "SoftwareVersions": "syngo MR D11", "SpacingBetweenSlices": 2.4, "StationName": "AWP45239", "TaskName": "Resting fmri", "TotalReadoutTime": 0.0294501, "TxRefAmp": 344.798, "WipMemBlock": "44dd2b6b-ce2b-4ddd-ae26-135659be0755||Sequence: VD11D r154; May 23 2012 22:27:19 by eja", "dcmmeta_affine": [[-2.395484209060669, -0.04090109467506409, -5.044642037432823e-08, 121.61529541015625], [-0.03494827449321747, 2.046842575073242, -1.2468458414077759, -74.14417266845703], [-0.021248942241072655, 1.2444998025894165, 2.050701141357422, -78.6867446899414], [0.0, 0.0, 0.0, 1.0]], "dcmmeta_reorient_transform": [[0.0, -1.0, 0.0, 95.0], [1.0, 0.0, 0.0, 0.0], [0.0, 0.0, 1.0, 0.0], [0.0, 0.0, 0.0, 1.0]], "dcmmeta_shape": [96, 96, 68, 518], "dcmmeta_slice_dim": 2, "dcmmeta_version": 0.6, "global": {"const": {"AcquisitionMatrix": [96, 0, 0, 96], "AngioFlag": "N", "BitsAllocated": 16, "BitsStored": 16, "BodyPartExamined": "BRAIN", "Columns": 864, "EchoNumbers": 1, "EchoTime": 30.0, "EchoTrainLength": 48, "FlipAngle": 63.0, "HighBit": 15, "ImageOrientationPatient": [0.9998542668635, 0.01458710638007, -0.0088691241003, -0.0170717613283, 0.8543343123652, -0.5194433921811], "ImagePositionPatient": [-1021.8895677016, -919.71354808468, 525.58823388159], "ImageType": ["ORIGINAL", "PRIMARY", "M", "ND", "NORM", "MOSAIC"], "ImagedNucleus": "1H", "ImagingFrequency": 123.193382, "InPlanePhaseEncodingDirection": "COL", "MRAcquisitionType": "2D", "MagneticFieldStrength": 3.0, "Manufacturer": "SIEMENS", "ManufacturerModelName": "Skyra", "Modality": "MR", "NumberOfAverages": 1.0, "NumberOfPhaseEncodingSteps": 96, "PercentPhaseFieldOfView": 100.0, "PercentSampling": 100.0, "PerformedProcedureStepStartTime": "170240.234000", "PhotometricInterpretation": "MONOCHROME2", "PixelBandwidth": 2005.0, "PixelRepresentation": 0, "PixelSpacing": [2.3958332538605, 2.3958332538605], "ProtocolName": "Resting State fMRI MBEPI_matrix96_BW2004", "RepetitionTime": 1160.0, "Rows": 864, "SAR": 0.10387414099091, "SamplesPerPixel": 1, "ScanOptions": "FS", "ScanningSequence": "EP", "SequenceName": "epfid2d1_96", "SequenceVariant": "SK", "SeriesDescription": "Resting State fMRI MBEPI_matrix96_BW2004", "SeriesNumber": 9, "SeriesTime": "171110.781000", "SliceLocation": -28.715269494184, "SliceThickness": 2.0, "SmallestImagePixelValue": 0, "SoftwareVersions": "syngo MR D11", "SpacingBetweenSlices": 2.4000000067383, "SpecificCharacterSet": "ISO_IR 100", "StudyID": "1", "StudyTime": "170240.203000", "TransmitCoilName": "Body", "VariableFlipAngleFlag": "N", "WindowCenterWidthExplanation": "Algo1", "dBdt": 0.0}, "slices": {}}, "time": {"samples": {"AcquisitionNumber": [1, 2, 3, 4, 5, 6, 7, 8, 9, 10, 11, 12, 13, 14, 15, 16, 17, 18, 19, 20, 21, 22, 23, 24, 25, 26, 27, 28, 29, 30, 31, 32, 33, 34, 35, 36, 37, 38, 39, 40, 41, 42, 43, 44, 45, 46, 47, 48, 49, 50, 51, 52, 53, 54, 55, 56, 57, 58, 59, 60, 61, 62, 63, 64, 65, 66, 67, 68, 69, 70, 71, 72, 73, 74, 75, 76, 77, 78, 79, 80, 81, 82, 83, 84, 85, 86, 87, 88, 89, 90, 91, 92, 93, 94, 95, 96, 97, 98, 99, 100, 101, 102, 103, 104, 105, 106, 107, 108, 109, 110, 111, 112, 113, 114, 115, 116, 117, 118, 119, 120, 121, 122, 123, 124, 125, 126, 127, 128, 129, 130, 131, 132, 133, 134, 135, 136, 137, 138, 139, 140, 141, 142, 143, 144, 145, 146, 147, 148, 149, 150, 151, 152, 153, 154, 155, 156, 157, 158, 159, 160, 161, 162, 163, 164, 165, 166, 167, 168, 169, 170, 171, 172, 173, 174, 175, 176, 177, 178, 179, 180, 181, 182, 183, 184, 185, 186, 187, 188, 189, 190, 191, 192, 193, 194, 195, 196, 197, 198, 199, 200, 201, 202, 203, 204, 205, 206, 207, 208, 209, 210, 211, 212, 213, 214, 215, 216, 217, 218, 219, 220, 221, 222, 223, 224, 225, 226, 227, 228, 229, 230, 231, 232, 233, 234, 235, 236, 237, 238, 239, 240, 241, 242, 243, 244, 245, 246, 247, 248, 249, 250, 251, 252, 253, 254, 255, 256, 257, 258, 259, 260, 261, 262, 263, 264, 265, 266, 267, 268, 269, 270, 271, 272, 273, 274, 275, 276, 277, 278, 279, 280, 281, 282, 283, 284, 285, 286, 287, 288, 289, 290, 291, 292, 293, 294, 295, 296, 297, 298, 299, 300, 301, 302, 303, 304, 305, 306, 307, 308, 309, 310, 311, 312, 313, 314, 315, 316, 317, 318, 319, 320, 321, 322, 323, 324, 325, 326, 327, 328, 329, 330, 331, 332, 333, 334, 335, 336, 337, 338, 339, 340, 341, 342, 343, 344, 345, 346, 347, 348, 349, 350, 351, 352, 353, 354, 355, 356, 357, 358, 359, 360, 361, 362, 363, 364, 365, 366, 367, 368, 369, 370, 371, 372, 373, 374, 375, 376, 377, 378, 379, 380, 381, 382, 383, 384, 385, 386, 387, 388, 389, 390, 391, 392, 393, 394, 395, 396, 397, 398, 399, 400, 401, 402, 403, 404, 405, 406, 407, 408, 409, 410, 411, 412, 413, 414, 415, 416, 417, 418, 419, 420, 421, 422, 423, 424, 425, 426, 427, 428, 429, 430, 431, 432, 433, 434, 435, 436, 437, 438, 439, 440, 441, 442, 443, 444, 445, 446, 447, 448, 449, 450, 451, 452, 453, 454, 455, 456, 457, 458, 459, 460, 461, 462, 463, 464, 465, 466, 467, 468, 469, 470, 471, 472, 473, 474, 475, 476, 477, 478, 479, 480, 481, 482, 483, 484, 485, 486, 487, 488, 489, 490, 491, 492, 493, 494, 495, 496, 497, 498, 499, 500, 501, 502, 503, 504, 505, 506, 507, 508, 509, 510, 511, 512, 513, 514, 515, 516, 517, 518], "AcquisitionTime": ["171022.860000", "171051.860000", "171053.020000", "171054.180000", "171055.340000", "171056.500000", "171057.660000", "171058.820000", "171059.980000", "171101.140000", "171102.300000", "171103.460000", "171104.620000", "171105.780000", "171106.940000", "171108.100000", "171109.260000", "171110.420000", "171111.580000", "171112.740000", "171113.900000", "171115.060000", "171116.220000", "171117.380000", "171118.540000", "171119.700000", "171120.860000", "171122.020000", "171123.180000", "171124.340000", "171125.500000", "171126.660000", "171127.820000", "171128.980000", "171130.140000", "171131.300000", "171132.460000", "171133.620000", "171134.780000", "171135.940000", "171137.100000", "171138.260000", "171139.420000", "171140.580000", "171141.740000", "171142.900000", "171144.060000", "171145.220000", "171146.380000", "171147.540000", "171148.700000", "171149.860000", "171151.020000", "171152.180000", "171153.340000", "171154.500000", "171155.660000", "171156.820000", "171157.980000", "171159.140000", "171200.300000", "171201.460000", "171202.620000", "171203.780000", "171204.940000", "171206.100000", "171207.260000", "171208.420000", "171209.580000", "171210.740000", "171211.900000", "171213.060000", "171214.220000", "171215.380000", "171216.540000", "171217.700000", "171218.860000", "171220.020000", "171221.180000", "171222.340000", "171223.500000", "171224.660000", "171225.820000", "171226.980000", "171228.140000", "171229.300000", "171230.460000", "171231.620000", "171232.780000", "171233.940000", "171235.100000", "171236.260000", "171237.420000", "171238.580000", "171239.740000", "171240.900000", "171242.060000", "171243.220000", "171244.380000", "171245.540000", "171246.700000", "171247.860000", "171249.020000", "171250.180000", "171251.340000", "171252.500000", "171253.660000", "171254.820000", "171255.980000", "171257.140000", "171258.300000", "171259.460000", "171300.620000", "171301.780000", "171302.940000", "171304.100000", "171305.260000", "171306.420000", "171307.580000", "171308.740000", "171309.900000", "171311.060000", "171312.220000", "171313.380000", "171314.540000", "171315.700000", "171316.860000", "171318.020000", "171319.180000", "171320.340000", "171321.500000", "171322.660000", "171323.820000", "171324.980000", "171326.140000", "171327.300000", "171328.460000", "171329.620000", "171330.780000", "171331.940000", "171333.100000", "171334.260000", "171335.420000", "171336.580000", "171337.740000", "171338.900000", "171340.060000", "171341.220000", "171342.380000", "171343.540000", "171344.700000", "171345.860000", "171347.020000", "171348.180000", "171349.340000", "171350.500000", "171351.660000", "171352.820000", "171353.980000", "171355.140000", "171356.300000", "171357.460000", "171358.620000", "171359.780000", "171400.940000", "171402.100000", "171403.260000", "171404.420000", "171405.580000", "171406.740000", "171407.900000", "171409.060000", "171410.220000", "171411.380000", "171412.540000", "171413.700000", "171414.860000", "171416.020000", "171417.180000", "171418.340000", "171419.500000", "171420.660000", "171421.820000", "171422.980000", "171424.140000", "171425.300000", "171426.460000", "171427.620000", "171428.780000", "171429.940000", "171431.100000", "171432.260000", "171433.420000", "171434.580000", "171435.740000", "171436.900000", "171438.060000", "171439.220000", "171440.380000", "171441.540000", "171442.700000", "171443.860000", "171445.020000", "171446.180000", "171447.340000", "171448.500000", "171449.660000", "171450.820000", "171451.980000", "171453.140000", "171454.300000", "171455.460000", "171456.620000", "171457.780000", "171458.940000", "171500.100000", "171501.260000", "171502.420000", "171503.580000", "171504.740000", "171505.900000", "171507.060000", "171508.220000", "171509.380000", "171510.540000", "171511.700000", "171512.860000", "171514.020000", "171515.180000", "171516.340000", "171517.500000", "171518.660000", "171519.820000", "171520.980000", "171522.140000", "171523.300000", "171524.460000", "171525.620000", "171526.780000", "171527.940000", "171529.100000", "171530.260000", "171531.420000", "171532.580000", "171533.740000", "171534.900000", "171536.060000", "171537.220000", "171538.380000", "171539.540000", "171540.700000", "171541.860000", "171543.020000", "171544.180000", "171545.340000", "171546.500000", "171547.660000", "171548.820000", "171549.980000", "171551.140000", "171552.300000", "171553.460000", "171554.620000", "171555.780000", "171556.940000", "171558.100000", "171559.260000", "171600.420000", "171601.580000", "171602.740000", "171603.900000", "171605.060000", "171606.220000", "171607.380000", "171608.540000", "171609.700000", "171610.860000", "171612.020000", "171613.180000", "171614.340000", "171615.500000", "171616.660000", "171617.820000", "171618.980000", "171620.140000", "171621.300000", "171622.460000", "171623.620000", "171624.780000", "171625.940000", "171627.100000", "171628.260000", "171629.420000", "171630.580000", "171631.740000", "171632.900000", "171634.060000", "171635.220000", "171636.380000", "171637.540000", "171638.700000", "171639.860000", "171641.020000", "171642.180000", "171643.340000", "171644.500000", "171645.660000", "171646.820000", "171647.980000", "171649.140000", "171650.300000", "171651.460000", "171652.620000", "171653.780000", "171654.940000", "171656.100000", "171657.260000", "171658.420000", "171659.580000", "171700.740000", "171701.900000", "171703.060000", "171704.220000", "171705.380000", "171706.540000", "171707.700000", "171708.860000", "171710.020000", "171711.180000", "171712.340000", "171713.500000", "171714.660000", "171715.820000", "171716.980000", "171718.140000", "171719.300000", "171720.460000", "171721.620000", "171722.780000", "171723.940000", "171725.100000", "171726.260000", "171727.420000", "171728.580000", "171729.740000", "171730.900000", "171732.060000", "171733.220000", "171734.380000", "171735.540000", "171736.700000", "171737.860000", "171739.020000", "171740.180000", "171741.340000", "171742.500000", "171743.660000", "171744.820000", "171745.980000", "171747.140000", "171748.300000", "171749.460000", "171750.620000", "171751.780000", "171752.940000", "171754.100000", "171755.260000", "171756.420000", "171757.580000", "171758.740000", "171759.900000", "171801.060000", "171802.220000", "171803.380000", "171804.540000", "171805.700000", "171806.860000", "171808.020000", "171809.180000", "171810.340000", "171811.500000", "171812.660000", "171813.820000", "171814.980000", "171816.140000", "171817.300000", "171818.460000", "171819.620000", "171820.780000", "171821.940000", "171823.100000", "171824.260000", "171825.420000", "171826.580000", "171827.740000", "171828.900000", "171830.060000", "171831.220000", "171832.380000", "171833.540000", "171834.700000", "171835.860000", "171837.020000", "171838.180000", "171839.340000", "171840.500000", "171841.660000", "171842.820000", "171843.980000", "171845.140000", "171846.300000", "171847.460000", "171848.620000", "171849.780000", "171850.940000", "171852.100000", "171853.260000", "171854.420000", "171855.580000", "171856.740000", "171857.900000", "171859.060000", "171900.220000", "171901.380000", "171902.540000", "171903.700000", "171904.860000", "171906.020000", "171907.180000", "171908.340000", "171909.500000", "171910.660000", "171911.820000", "171912.980000", "171914.140000", "171915.300000", "171916.460000", "171917.620000", "171918.780000", "171919.940000", "171921.100000", "171922.260000", "171923.420000", "171924.580000", "171925.740000", "171926.900000", "171928.060000", "171929.220000", "171930.380000", "171931.540000", "171932.700000", "171933.860000", "171935.020000", "171936.180000", "171937.340000", "171938.500000", "171939.660000", "171940.820000", "171941.980000", "171943.140000", "171944.300000", "171945.460000", "171946.620000", "171947.780000", "171948.940000", "171950.100000", "171951.260000", "171952.420000", "171953.580000", "171954.740000", "171955.900000", "171957.060000", "171958.220000", "171959.380000", "172000.540000", "172001.700000", "172002.860000", "172004.020000", "172005.180000", "172006.340000", "172007.500000", "172008.660000", "172009.820000", "172010.980000", "172012.140000", "172013.300000", "172014.460000", "172015.620000", "172016.780000", "172017.940000", "172019.100000", "172020.260000", "172021.420000", "172022.580000", "172023.740000", "172024.900000", "172026.060000", "172027.220000", "172028.380000", "172029.540000", "172030.700000", "172031.860000", "172033.020000", "172034.180000", "172035.340000", "172036.500000", "172037.660000", "172038.820000", "172039.980000", "172041.140000", "172042.300000", "172043.460000", "172044.620000", "172045.780000", "172046.940000", "172048.100000", "172049.260000", "172050.420000"], "ContentTime": ["171110.781000", "171119.421000", "171119.421000", "171119.421000", "171119.421000", "171119.421000", "171119.437000", "171124.421000", "171124.421000", "171129.421000", "171129.421000", "171129.421000", "171134.421000", "171134.421000", "171139.421000", "171139.421000", "171139.421000", "171144.421000", "171144.421000", "171144.421000", "171149.421000", "171149.421000", "171154.421000", "171154.421000", "171154.421000", "171159.421000", "171159.421000", "171204.421000", "171204.421000", "171204.421000", "171209.421000", "171209.421000", "171214.421000", "171214.421000", "171214.421000", "171219.421000", "171219.421000", "171224.421000", "171224.421000", "171224.421000", "171229.421000", "171229.421000", "171234.421000", "171234.421000", "171234.421000", "171239.421000", "171239.421000", "171244.421000", "171244.421000", "171244.421000", "171249.421000", "171249.421000", "171249.421000", "171254.421000", "171254.421000", "171259.421000", "171259.421000", "171259.421000", "171304.421000", "171304.421000", "171309.421000", "171309.421000", "171309.421000", "171314.421000", "171314.421000", "171319.421000", "171319.421000", "171319.421000", "171324.421000", "171324.421000", "171324.421000", "171329.421000", "171329.421000", "171334.421000", "171334.421000", "171334.421000", "171339.421000", "171339.421000", "171344.421000", "171344.421000", "171344.421000", "171349.421000", "171349.421000", "171354.421000", "171354.421000", "171354.421000", "171359.421000", "171359.421000", "171404.421000", "171404.421000", "171404.421000", "171409.421000", "171409.421000", "171414.421000", "171414.421000", "171414.421000", "171419.421000", "171419.421000", "171419.421000", "171424.421000", "171424.421000", "171429.421000", "171429.421000", "171429.421000", "171434.421000", "171434.421000", "171439.421000", "171439.421000", "171439.421000", "171444.421000", "171444.421000", "171449.421000", "171449.421000", "171449.421000", "171454.421000", "171454.421000", "171454.421000", "171459.421000", "171459.421000", "171504.421000", "171504.421000", "171504.421000", "171509.421000", "171509.421000", "171514.421000", "171514.421000", "171514.421000", "171519.421000", "171519.421000", "171524.421000", "171524.421000", "171524.421000", "171529.421000", "171529.421000", "171534.421000", "171534.421000", "171534.421000", "171539.421000", "171539.421000", "171544.421000", "171544.421000", "171544.421000", "171549.421000", "171549.421000", "171549.421000", "171554.421000", "171554.421000", "171559.421000", "171559.421000", "171559.437000", "171609.421000", "171609.421000", "171609.421000", "171609.421000", "171609.421000", "171614.421000", "171614.421000", "171614.421000", "171619.421000", "171619.421000", "171624.421000", "171624.421000", "171624.421000", "171629.421000", "171629.421000", "171629.421000", "171634.421000", "171634.421000", "171639.421000", "171639.421000", "171639.421000", "171644.421000", "171644.421000", "171649.421000", "171649.421000", "171649.421000", "171654.421000", "171654.421000", "171659.421000", "171659.421000", "171659.421000", "171704.421000", "171704.421000", "171704.421000", "171709.421000", "171709.421000", "171714.421000", "171714.421000", "171714.437000", "171719.421000", "171719.421000", "171724.421000", "171724.421000", "171724.421000", "171729.421000", "171729.421000", "171734.421000", "171734.421000", "171734.421000", "171739.421000", "171739.421000", "171744.421000", "171744.421000", "171744.421000", "171749.421000", "171749.421000", "171754.421000", "171754.421000", "171754.421000", "171759.421000", "171759.421000", "171759.421000", "171804.421000", "171804.421000", "171809.421000", "171809.421000", "171814.421000", "171814.421000", "171814.421000", "171819.421000", "171819.453000", "171819.453000", "171824.421000", "171824.421000", "171829.421000", "171829.421000", "171829.421000", "171834.421000", "171834.421000", "171839.421000", "171839.421000", "171839.421000", "171844.421000", "171844.421000", "171844.421000", "171849.421000", "171849.421000", "171854.421000", "171854.421000", "171854.421000", "171859.421000", "171859.421000", "171904.421000", "171904.421000", "171904.421000", "171909.421000", "171909.421000", "171914.421000", "171914.421000", "171919.421000", "171919.421000", "171919.421000", "171924.421000", "171924.421000", "171929.421000", "171929.421000", "171929.421000", "171934.421000", "171934.421000", "171934.421000", "171939.421000", "171939.421000", "171944.421000", "171944.421000", "171944.421000", "171949.421000", "171949.421000", "171954.421000", "171954.421000", "171954.421000", "171959.421000", "171959.421000", "172004.421000", "172004.421000", "172004.421000", "172009.421000", "172009.421000", "172014.421000", "172014.421000", "172014.421000", "172019.421000", "172019.421000", "172019.421000", "172024.421000", "172024.421000", "172029.421000", "172029.421000", "172034.421000", "172034.421000", "172034.421000", "172039.421000", "172039.421000", "172044.421000", "172044.421000", "172044.421000", "172049.421000", "172049.421000", "172054.421000", "172054.421000", "172054.421000", "172059.421000", "172059.421000", "172059.421000", "172104.421000", "172104.421000", "172109.421000", "172109.421000", "172109.421000", "172114.421000", "172114.421000", "172114.421000", "172119.421000", "172119.421000", "172124.421000", "172124.421000", "172124.421000", "172129.421000", "172129.421000", "172129.421000", "172134.421000", "172134.421000", "172139.421000", "172139.421000", "172139.421000", "172144.421000", "172144.421000", "172144.421000", "172149.421000", "172149.421000", "172154.421000", "172154.421000", "172154.421000", "172159.421000", "172159.421000", "172159.421000", "172204.421000", "172204.421000", "172204.421000", "172209.421000", "172209.421000", "172214.421000", "172214.421000", "172214.421000", "172219.421000", "172219.421000", "172219.421000", "172224.421000", "172224.421000", "172224.421000", "172229.421000", "172229.421000", "172234.421000", "172234.421000", "172234.421000", "172239.421000", "172239.421000", "172239.421000", "172244.421000", "172244.421000", "172249.421000", "172249.421000", "172249.421000", "172254.421000", "172254.421000", "172254.421000", "172259.421000", "172259.421000", "172304.421000", "172304.421000", "172304.421000", "172309.421000", "172309.421000", "172309.421000", "172314.421000", "172314.421000", "172319.421000", "172319.421000", "172319.421000", "172324.421000", "172324.421000", "172324.421000", "172329.421000", "172329.421000", "172334.421000", "172334.421000", "172334.421000", "172339.421000", "172339.421000", "172344.421000", "172344.421000", "172344.421000", "172349.421000", "172349.421000", "172354.421000", "172354.421000", "172354.421000", "172359.421000", "172359.421000", "172359.421000", "172404.421000", "172404.421000", "172409.421000", "172409.421000", "172409.421000", "172414.421000", "172414.421000", "172414.421000", "172419.421000", "172419.421000", "172424.421000", "172424.421000", "172424.421000", "172429.421000", "172429.421000", "172429.421000", "172434.421000", "172434.421000", "172434.421000", "172439.421000", "172439.421000", "172444.421000", "172444.421000", "172444.421000", "172449.421000", "172449.421000", "172454.421000", "172454.421000", "172454.421000", "172459.421000", "172459.421000", "172504.421000", "172504.421000", "172504.421000", "172509.421000", "172509.421000", "172509.421000", "172514.421000", "172514.421000", "172514.421000", "172519.421000", "172519.421000", "172524.421000", "172524.421000", "172524.421000", "172529.421000", "172529.421000", "172529.421000", "172534.421000", "172534.421000", "172534.421000", "172539.421000", "172539.421000", "172544.421000", "172544.421000", "172544.421000", "172549.421000", "172549.421000", "172549.421000", "172554.421000", "172554.421000", "172554.421000", "172559.421000", "172559.421000", "172604.421000", "172604.421000", "172604.421000", "172609.421000", "172609.421000", "172609.421000", "172614.421000", "172614.421000", "172619.421000", "172619.421000", "172619.421000", "172624.421000", "172624.421000", "172624.421000", "172629.421000", "172629.421000", "172634.421000", "172634.421000", "172634.421000", "172639.421000", "172639.421000", "172639.421000", "172644.421000", "172644.421000", "172649.421000", "172649.421000", "172649.421000", "172654.421000", "172654.421000", "172654.421000", "172659.421000", "172659.421000", "172704.421000", "172704.421000", "172704.421000", "172709.421000", "172709.421000", "172709.421000", "172714.421000", "172714.421000", "172719.421000", "172719.421000", "172719.421000", "172724.421000", "172724.421000", "172724.421000", "172729.421000", "172729.421000", "172734.421000", "172734.421000", "172734.421000", "172739.421000", "172739.421000", "172739.421000", "172740.906000"], "InstanceCreationTime": ["171110.781000", "171119.421000", "171119.421000", "171119.421000", "171119.421000", "171119.421000", "171119.437000", "171124.421000", "171124.421000", "171129.421000", "171129.421000", "171129.421000", "171134.421000", "171134.421000", "171139.421000", "171139.421000", "171139.421000", "171144.421000", "171144.421000", "171144.421000", "171149.421000", "171149.421000", "171154.421000", "171154.421000", "171154.421000", "171159.421000", "171159.421000", "171204.421000", "171204.421000", "171204.421000", "171209.421000", "171209.421000", "171214.421000", "171214.421000", "171214.421000", "171219.421000", "171219.421000", "171224.421000", "171224.421000", "171224.421000", "171229.421000", "171229.421000", "171234.421000", "171234.421000", "171234.421000", "171239.421000", "171239.421000", "171244.421000", "171244.421000", "171244.421000", "171249.421000", "171249.421000", "171249.421000", "171254.421000", "171254.421000", "171259.421000", "171259.421000", "171259.421000", "171304.421000", "171304.421000", "171309.421000", "171309.421000", "171309.421000", "171314.421000", "171314.421000", "171319.421000", "171319.421000", "171319.421000", "171324.421000", "171324.421000", "171324.421000", "171329.421000", "171329.421000", "171334.421000", "171334.421000", "171334.421000", "171339.421000", "171339.421000", "171344.421000", "171344.421000", "171344.421000", "171349.421000", "171349.421000", "171354.421000", "171354.421000", "171354.421000", "171359.421000", "171359.421000", "171404.421000", "171404.421000", "171404.421000", "171409.421000", "171409.421000", "171414.421000", "171414.421000", "171414.421000", "171419.421000", "171419.421000", "171419.421000", "171424.421000", "171424.421000", "171429.421000", "171429.421000", "171429.421000", "171434.421000", "171434.421000", "171439.421000", "171439.421000", "171439.421000", "171444.421000", "171444.421000", "171449.421000", "171449.421000", "171449.421000", "171454.421000", "171454.421000", "171454.421000", "171459.421000", "171459.421000", "171504.421000", "171504.421000", "171504.421000", "171509.421000", "171509.421000", "171514.421000", "171514.421000", "171514.421000", "171519.421000", "171519.421000", "171524.421000", "171524.421000", "171524.421000", "171529.421000", "171529.421000", "171534.421000", "171534.421000", "171534.421000", "171539.421000", "171539.421000", "171544.421000", "171544.421000", "171544.421000", "171549.421000", "171549.421000", "171549.421000", "171554.421000", "171554.421000", "171559.421000", "171559.421000", "171559.437000", "171609.421000", "171609.421000", "171609.421000", "171609.421000", "171609.421000", "171614.421000", "171614.421000", "171614.421000", "171619.421000", "171619.421000", "171624.421000", "171624.421000", "171624.421000", "171629.421000", "171629.421000", "171629.421000", "171634.421000", "171634.421000", "171639.421000", "171639.421000", "171639.421000", "171644.421000", "171644.421000", "171649.421000", "171649.421000", "171649.421000", "171654.421000", "171654.421000", "171659.421000", "171659.421000", "171659.421000", "171704.421000", "171704.421000", "171704.421000", "171709.421000", "171709.421000", "171714.421000", "171714.421000", "171714.437000", "171719.421000", "171719.421000", "171724.421000", "171724.421000", "171724.421000", "171729.421000", "171729.421000", "171734.421000", "171734.421000", "171734.421000", "171739.421000", "171739.421000", "171744.421000", "171744.421000", "171744.421000", "171749.421000", "171749.421000", "171754.421000", "171754.421000", "171754.421000", "171759.421000", "171759.421000", "171759.421000", "171804.421000", "171804.421000", "171809.421000", "171809.421000", "171814.421000", "171814.421000", "171814.421000", "171819.421000", "171819.453000", "171819.453000", "171824.421000", "171824.421000", "171829.421000", "171829.421000", "171829.421000", "171834.421000", "171834.421000", "171839.421000", "171839.421000", "171839.421000", "171844.421000", "171844.421000", "171844.421000", "171849.421000", "171849.421000", "171854.421000", "171854.421000", "171854.421000", "171859.421000", "171859.421000", "171904.421000", "171904.421000", "171904.421000", "171909.421000", "171909.421000", "171914.421000", "171914.421000", "171919.421000", "171919.421000", "171919.421000", "171924.421000", "171924.421000", "171929.421000", "171929.421000", "171929.421000", "171934.421000", "171934.421000", "171934.421000", "171939.421000", "171939.421000", "171944.421000", "171944.421000", "171944.421000", "171949.421000", "171949.421000", "171954.421000", "171954.421000", "171954.421000", "171959.421000", "171959.421000", "172004.421000", "172004.421000", "172004.421000", "172009.421000", "172009.421000", "172014.421000", "172014.421000", "172014.421000", "172019.421000", "172019.421000", "172019.421000", "172024.421000", "172024.421000", "172029.421000", "172029.421000", "172034.421000", "172034.421000", "172034.421000", "172039.421000", "172039.421000", "172044.421000", "172044.421000", "172044.421000", "172049.421000", "172049.421000", "172054.421000", "172054.421000", "172054.421000", "172059.421000", "172059.421000", "172059.421000", "172104.421000", "172104.421000", "172109.421000", "172109.421000", "172109.421000", "172114.421000", "172114.421000", "172114.421000", "172119.421000", "172119.421000", "172124.421000", "172124.421000", "172124.421000", "172129.421000", "172129.421000", "172129.421000", "172134.421000", "172134.421000", "172139.421000", "172139.421000", "172139.421000", "172144.421000", "172144.421000", "172144.421000", "172149.421000", "172149.421000", "172154.421000", "172154.421000", "172154.421000", "172159.421000", "172159.421000", "172159.421000", "172204.421000", "172204.421000", "172204.421000", "172209.421000", "172209.421000", "172214.421000", "172214.421000", "172214.421000", "172219.421000", "172219.421000", "172219.421000", "172224.421000", "172224.421000", "172224.421000", "172229.421000", "172229.421000", "172234.421000", "172234.421000", "172234.421000", "172239.421000", "172239.421000", "172239.421000", "172244.421000", "172244.421000", "172249.421000", "172249.421000", "172249.421000", "172254.421000", "172254.421000", "172254.421000", "172259.421000", "172259.421000", "172304.421000", "172304.421000", "172304.421000", "172309.421000", "172309.421000", "172309.421000", "172314.421000", "172314.421000", "172319.421000", "172319.421000", "172319.421000", "172324.421000", "172324.421000", "172324.421000", "172329.421000", "172329.421000", "172334.421000", "172334.421000", "172334.421000", "172339.421000", "172339.421000", "172344.421000", "172344.421000", "172344.421000", "172349.421000", "172349.421000", "172354.421000", "172354.421000", "172354.421000", "172359.421000", "172359.421000", "172359.421000", "172404.421000", "172404.421000", "172409.421000", "172409.421000", "172409.421000", "172414.421000", "172414.421000", "172414.421000", "172419.421000", "172419.421000", "172424.421000", "172424.421000", "172424.421000", "172429.421000", "172429.421000", "172429.421000", "172434.421000", "172434.421000", "172434.421000", "172439.421000", "172439.421000", "172444.421000", "172444.421000", "172444.421000", "172449.421000", "172449.421000", "172454.421000", "172454.421000", "172454.421000", "172459.421000", "172459.421000", "172504.421000", "172504.421000", "172504.421000", "172509.421000", "172509.421000", "172509.421000", "172514.421000", "172514.421000", "172514.421000", "172519.421000", "172519.421000", "172524.421000", "172524.421000", "172524.421000", "172529.421000", "172529.421000", "172529.421000", "172534.421000", "172534.421000", "172534.421000", "172539.421000", "172539.421000", "172544.421000", "172544.421000", "172544.421000", "172549.421000", "172549.421000", "172549.421000", "172554.421000", "172554.421000", "172554.421000", "172559.421000", "172559.421000", "172604.421000", "172604.421000", "172604.421000", "172609.421000", "172609.421000", "172609.421000", "172614.421000", "172614.421000", "172619.421000", "172619.421000", "172619.421000", "172624.421000", "172624.421000", "172624.421000", "172629.421000", "172629.421000", "172634.421000", "172634.421000", "172634.421000", "172639.421000", "172639.421000", "172639.421000", "172644.421000", "172644.421000", "172649.421000", "172649.421000", "172649.421000", "172654.421000", "172654.421000", "172654.421000", "172659.421000", "172659.421000", "172704.421000", "172704.421000", "172704.421000", "172709.421000", "172709.421000", "172709.421000", "172714.421000", "172714.421000", "172719.421000", "172719.421000", "172719.421000", "172724.421000", "172724.421000", "172724.421000", "172729.421000", "172729.421000", "172734.421000", "172734.421000", "172734.421000", "172739.421000", "172739.421000", "172739.421000", "172740.906000"], "InstanceNumber": [1, 2, 3, 4, 5, 6, 7, 8, 9, 10, 11, 12, 13, 14, 15, 16, 17, 18, 19, 20, 21, 22, 23, 24, 25, 26, 27, 28, 29, 30, 31, 32, 33, 34, 35, 36, 37, 38, 39, 40, 41, 42, 43, 44, 45, 46, 47, 48, 49, 50, 51, 52, 53, 54, 55, 56, 57, 58, 59, 60, 61, 62, 63, 64, 65, 66, 67, 68, 69, 70, 71, 72, 73, 74, 75, 76, 77, 78, 79, 80, 81, 82, 83, 84, 85, 86, 87, 88, 89, 90, 91, 92, 93, 94, 95, 96, 97, 98, 99, 100, 101, 102, 103, 104, 105, 106, 107, 108, 109, 110, 111, 112, 113, 114, 115, 116, 117, 118, 119, 120, 121, 122, 123, 124, 125, 126, 127, 128, 129, 130, 131, 132, 133, 134, 135, 136, 137, 138, 139, 140, 141, 142, 143, 144, 145, 146, 147, 148, 149, 150, 151, 152, 153, 154, 155, 156, 157, 158, 159, 160, 161, 162, 163, 164, 165, 166, 167, 168, 169, 170, 171, 172, 173, 174, 175, 176, 177, 178, 179, 180, 181, 182, 183, 184, 185, 186, 187, 188, 189, 190, 191, 192, 193, 194, 195, 196, 197, 198, 199, 200, 201, 202, 203, 204, 205, 206, 207, 208, 209, 210, 211, 212, 213, 214, 215, 216, 217, 218, 219, 220, 221, 222, 223, 224, 225, 226, 227, 228, 229, 230, 231, 232, 233, 234, 235, 236, 237, 238, 239, 240, 241, 242, 243, 244, 245, 246, 247, 248, 249, 250, 251, 252, 253, 254, 255, 256, 257, 258, 259, 260, 261, 262, 263, 264, 265, 266, 267, 268, 269, 270, 271, 272, 273, 274, 275, 276, 277, 278, 279, 280, 281, 282, 283, 284, 285, 286, 287, 288, 289, 290, 291, 292, 293, 294, 295, 296, 297, 298, 299, 300, 301, 302, 303, 304, 305, 306, 307, 308, 309, 310, 311, 312, 313, 314, 315, 316, 317, 318, 319, 320, 321, 322, 323, 324, 325, 326, 327, 328, 329, 330, 331, 332, 333, 334, 335, 336, 337, 338, 339, 340, 341, 342, 343, 344, 345, 346, 347, 348, 349, 350, 351, 352, 353, 354, 355, 356, 357, 358, 359, 360, 361, 362, 363, 364, 365, 366, 367, 368, 369, 370, 371, 372, 373, 374, 375, 376, 377, 378, 379, 380, 381, 382, 383, 384, 385, 386, 387, 388, 389, 390, 391, 392, 393, 394, 395, 396, 397, 398, 399, 400, 401, 402, 403, 404, 405, 406, 407, 408, 409, 410, 411, 412, 413, 414, 415, 416, 417, 418, 419, 420, 421, 422, 423, 424, 425, 426, 427, 428, 429, 430, 431, 432, 433, 434, 435, 436, 437, 438, 439, 440, 441, 442, 443, 444, 445, 446, 447, 448, 449, 450, 451, 452, 453, 454, 455, 456, 457, 458, 459, 460, 461, 462, 463, 464, 465, 466, 467, 468, 469, 470, 471, 472, 473, 474, 475, 476, 477, 478, 479, 480, 481, 482, 483, 484, 485, 486, 487, 488, 489, 490, 491, 492, 493, 494, 495, 496, 497, 498, 499, 500, 501, 502, 503, 504, 505, 506, 507, 508, 509, 510, 511, 512, 513, 514, 515, 516, 517, 518], "LargestImagePixelValue": [28616, 27906, 27477, 27245, 27025, 27188, 26971, 27122, 27023, 26942, 26984, 26921, 26939, 29254, 30306, 28656, 28099, 27495, 27950, 27821, 26133, 26465, 26359, 26476, 26644, 26326, 26412, 26515, 26526, 26421, 26609, 28449, 28499, 26332, 26229, 28477, 26304, 26257, 26627, 26719, 27595, 26528, 26307, 28441, 26381, 26433, 26726, 26317, 28190, 26245, 26154, 26326, 26282, 26594, 26518, 26051, 26134, 26217, 28881, 26183, 26108, 26545, 26755, 26409, 26266, 26211, 26221, 26119, 26930, 26721, 26430, 26188, 26099, 26377, 28979, 26331, 26625, 26786, 26241, 26274, 26288, 27513, 26345, 26209, 26789, 26570, 26136, 26318, 29909, 26168, 26414, 26213, 26349, 26434, 31767, 26193, 26106, 27262, 26209, 26355, 26076, 26381, 31356, 26066, 26226, 25925, 26166, 26165, 26015, 27799, 25931, 26251, 25945, 26002, 26084, 26101, 29105, 25957, 25825, 26118, 25743, 26218, 26064, 25912, 28335, 29760, 31224, 29054, 28243, 31048, 26545, 26209, 26397, 26255, 26402, 26615, 26551, 25936, 25911, 26163, 26261, 27196, 26061, 26596, 26349, 26203, 26206, 26014, 26100, 26193, 26200, 30215, 26351, 26633, 26199, 25689, 25876, 25893, 25942, 26053, 26238, 26643, 25829, 25788, 27857, 25961, 25725, 29121, 26357, 28067, 26071, 26304, 28049, 25929, 26190, 26989, 27397, 26013, 26159, 28922, 26307, 27523, 26202, 26290, 26092, 26365, 26173, 26359, 26286, 27398, 26091, 26747, 26113, 26138, 28750, 26080, 29517, 26628, 29491, 25906, 26008, 26427, 25785, 25901, 25768, 25887, 30419, 26136, 25747, 25679, 25736, 26279, 25818, 26005, 26095, 25789, 25836, 25867, 25740, 25816, 26023, 25929, 25653, 27462, 25811, 25923, 26430, 25852, 29831, 25580, 25811, 25932, 25839, 26077, 25761, 25679, 25768, 25776, 25832, 31157, 25599, 25734, 29480, 25982, 26025, 27825, 25788, 28620, 25952, 25772, 27065, 25728, 25385, 25860, 25941, 25588, 25814, 25497, 25595, 27375, 25694, 25450, 30212, 25572, 25579, 29807, 25497, 25963, 26019, 25807, 30233, 25704, 25664, 25735, 27169, 25711, 26095, 25874, 25543, 30013, 25576, 25625, 25738, 25735, 25466, 25410, 25534, 25650, 33915, 29460, 30014, 31197, 31374, 24858, 29092, 32109, 25201, 25694, 30905, 25526, 25676, 28958, 25567, 25789, 30907, 25701, 25579, 31745, 25602, 25623, 25670, 31864, 25568, 25559, 30492, 26058, 25609, 25505, 25565, 25437, 25617, 25545, 25587, 25531, 25573, 27399, 25457, 28357, 29662, 25460, 25454, 27556, 25746, 25595, 25427, 25372, 25690, 31790, 25488, 25479, 31105, 25639, 25253, 25735, 25409, 25456, 25645, 25335, 26973, 26388, 25338, 30012, 25612, 25160, 25552, 25401, 26976, 25137, 25462, 28029, 25351, 25419, 29954, 25455, 25448, 32135, 25175, 25345, 28516, 25430, 26632, 25108, 25809, 25408, 25578, 27412, 25366, 25359, 25284, 25480, 29199, 25451, 25444, 30924, 25265, 28659, 25452, 25432, 30655, 25790, 29459, 25310, 25362, 31885, 25290, 25417, 30510, 25617, 25458, 25531, 25412, 27712, 25196, 28843, 26987, 25523, 28803, 25600, 25379, 25247, 25482, 29429, 25430, 25554, 25579, 25323, 25363, 25392, 25609, 25543, 25502, 25144, 25102, 25356, 25355, 25383, 25478, 25224, 25355, 25943, 30091, 25329, 25455, 25523, 25564, 32339, 25557, 25519, 25409, 26079, 25378, 25460, 31954, 25670, 29955, 25761, 25499, 25657, 25512, 30135, 25422, 26953, 25529, 25566, 31225, 25256, 26411, 25992, 25547, 31881, 25657, 26667, 25373, 25705, 29741, 25544, 29605, 25504, 25655, 25480, 25752, 30292, 25581, 25618, 25494, 25420, 28782, 25394, 25282, 29863, 25510, 25434, 25640, 25482, 25461, 25468, 26919, 28273, 25266, 30106, 25163, 26703, 25374, 25395, 27321, 32944, 25183, 26764, 25252, 25297, 28136, 25488, 25728, 25290, 25452, 25458, 29541, 27280, 25620, 31320, 25313, 25302, 31376, 25396, 25137, 28473, 25710, 25233], "WindowCenter": [9837.0, 9827.0, 9831.0, 9825.0, 9838.0, 9842.0, 9834.0, 9844.0, 9844.0, 9836.0, 9827.0, 9834.0, 9830.0, 9879.0, 9898.0, 9882.0, 9888.0, 9877.0, 9849.0, 9823.0, 9810.0, 9813.0, 9818.0, 9826.0, 9834.0, 9832.0, 9841.0, 9855.0, 9866.0, 9848.0, 9850.0, 9853.0, 9840.0, 9822.0, 9826.0, 9823.0, 9825.0, 9811.0, 9837.0, 9823.0, 9843.0, 9825.0, 9838.0, 9842.0, 9822.0, 9834.0, 9842.0, 9820.0, 9816.0, 9814.0, 9804.0, 9810.0, 9820.0, 9812.0, 9824.0, 9831.0, 9827.0, 9823.0, 9825.0, 9823.0, 9814.0, 9830.0, 9837.0, 9837.0, 9834.0, 9815.0, 9800.0, 9819.0, 9828.0, 9841.0, 9840.0, 9853.0, 9846.0, 9842.0, 9849.0, 9829.0, 9835.0, 9836.0, 9826.0, 9812.0, 9807.0, 9816.0, 9801.0, 9819.0, 9828.0, 9836.0, 9835.0, 9826.0, 9832.0, 9808.0, 9823.0, 9810.0, 9826.0, 9827.0, 9836.0, 9817.0, 9812.0, 9819.0, 9826.0, 9839.0, 9837.0, 9833.0, 9852.0, 9823.0, 9828.0, 9826.0, 9821.0, 9824.0, 9844.0, 9840.0, 9823.0, 9833.0, 9821.0, 9824.0, 9833.0, 9822.0, 9834.0, 9836.0, 9844.0, 9842.0, 9835.0, 9848.0, 9839.0, 9836.0, 9817.0, 9939.0, 9883.0, 9871.0, 9878.0, 9861.0, 9814.0, 9800.0, 9817.0, 9813.0, 9808.0, 9836.0, 9834.0, 9833.0, 9835.0, 9829.0, 9826.0, 9831.0, 9822.0, 9839.0, 9818.0, 9835.0, 9835.0, 9835.0, 9830.0, 9821.0, 9838.0, 9837.0, 9820.0, 9812.0, 9800.0, 9801.0, 9820.0, 9826.0, 9812.0, 9837.0, 9839.0, 9845.0, 9828.0, 9836.0, 9850.0, 9835.0, 9829.0, 9858.0, 9833.0, 9829.0, 9836.0, 9844.0, 9836.0, 9825.0, 9846.0, 9843.0, 9838.0, 9843.0, 9835.0, 9840.0, 9832.0, 9840.0, 9840.0, 9838.0, 9838.0, 9820.0, 9822.0, 9833.0, 9828.0, 9837.0, 9843.0, 9834.0, 9823.0, 9816.0, 9821.0, 9812.0, 9821.0, 9797.0, 9811.0, 9804.0, 9812.0, 9802.0, 9810.0, 9823.0, 9822.0, 9810.0, 9841.0, 9795.0, 9800.0, 9815.0, 9793.0, 9807.0, 9826.0, 9835.0, 9837.0, 9826.0, 9825.0, 9829.0, 9818.0, 9810.0, 9828.0, 9828.0, 9831.0, 9837.0, 9832.0, 9826.0, 9831.0, 9824.0, 9843.0, 9819.0, 9838.0, 9818.0, 9803.0, 9811.0, 9810.0, 9831.0, 9836.0, 9850.0, 9835.0, 9842.0, 9815.0, 9811.0, 9841.0, 9808.0, 9810.0, 9818.0, 9807.0, 9831.0, 9821.0, 9819.0, 9816.0, 9797.0, 9809.0, 9804.0, 9814.0, 9822.0, 9816.0, 9824.0, 9806.0, 9839.0, 9823.0, 9818.0, 9838.0, 9831.0, 9832.0, 9841.0, 9820.0, 9830.0, 9835.0, 9840.0, 9853.0, 9825.0, 9826.0, 9825.0, 9822.0, 9809.0, 9848.0, 9837.0, 9837.0, 9839.0, 9835.0, 9818.0, 9827.0, 9821.0, 9836.0, 9835.0, 9853.0, 9813.0, 9982.0, 9891.0, 9971.0, 9935.0, 9874.0, 9826.0, 9843.0, 9849.0, 9821.0, 9831.0, 9843.0, 9823.0, 9842.0, 9860.0, 9844.0, 9844.0, 9856.0, 9834.0, 9821.0, 9858.0, 9812.0, 9808.0, 9815.0, 9823.0, 9817.0, 9820.0, 9846.0, 9816.0, 9805.0, 9815.0, 9815.0, 9821.0, 9813.0, 9818.0, 9830.0, 9835.0, 9839.0, 9838.0, 9837.0, 9834.0, 9851.0, 9821.0, 9836.0, 9837.0, 9839.0, 9836.0, 9824.0, 9838.0, 9838.0, 9851.0, 9818.0, 9813.0, 9833.0, 9804.0, 9817.0, 9831.0, 9814.0, 9818.0, 9828.0, 9820.0, 9857.0, 9842.0, 9848.0, 9860.0, 9843.0, 9832.0, 9850.0, 9844.0, 9844.0, 9833.0, 9835.0, 9847.0, 9835.0, 9828.0, 9859.0, 9831.0, 9846.0, 9869.0, 9845.0, 9855.0, 9845.0, 9824.0, 9847.0, 9829.0, 9831.0, 9848.0, 9839.0, 9846.0, 9843.0, 9842.0, 9835.0, 9832.0, 9859.0, 9835.0, 9826.0, 9862.0, 9823.0, 9852.0, 9841.0, 9836.0, 9862.0, 9840.0, 9859.0, 9836.0, 9844.0, 9864.0, 9826.0, 9844.0, 9851.0, 9834.0, 9836.0, 9828.0, 9834.0, 9841.0, 9841.0, 9849.0, 9852.0, 9816.0, 9830.0, 9818.0, 9809.0, 9818.0, 9827.0, 9849.0, 9841.0, 9839.0, 9839.0, 9830.0, 9819.0, 9839.0, 9834.0, 9811.0, 9829.0, 9831.0, 9832.0, 9842.0, 9848.0, 9833.0, 9822.0, 9832.0, 9836.0, 9860.0, 9854.0, 9833.0, 9842.0, 9841.0, 9838.0, 9866.0, 9845.0, 9824.0, 9843.0, 9833.0, 9837.0, 9853.0, 9869.0, 9845.0, 9875.0, 9862.0, 9839.0, 9841.0, 9837.0, 9849.0, 9842.0, 9856.0, 9853.0, 9834.0, 9865.0, 9848.0, 9862.0, 9850.0, 9849.0, 9859.0, 9833.0, 9850.0, 9838.0, 9851.0, 9865.0, 9836.0, 9847.0, 9826.0, 9850.0, 9849.0, 9837.0, 9863.0, 9850.0, 9857.0, 9858.0, 9845.0, 9859.0, 9845.0, 9850.0, 9862.0, 9855.0, 9841.0, 9845.0, 9844.0, 9843.0, 9859.0, 9840.0, 9832.0, 9839.0, 9854.0, 9854.0, 9866.0, 9843.0, 9823.0, 9852.0, 9878.0, 9847.0, 9857.0, 9860.0, 9851.0, 9865.0, 9864.0, 9861.0, 9863.0, 9858.0, 9857.0, 9867.0, 9836.0, 9852.0, 9863.0, 9840.0, 9854.0, 9868.0, 9840.0, 9840.0, 9854.0, 9864.0, 9862.0], "WindowWidth": [20946.0, 20921.0, 20920.0, 20911.0, 20939.0, 20947.0, 20930.0, 20950.0, 20955.0, 20934.0, 20913.0, 20926.0, 20917.0, 21041.0, 21089.0, 21045.0, 21049.0, 21034.0, 20961.0, 20896.0, 20873.0, 20877.0, 20886.0, 20905.0, 20933.0, 20929.0, 20946.0, 20978.0, 21003.0, 20966.0, 20969.0, 20973.0, 20939.0, 20899.0, 20906.0, 20902.0, 20904.0, 20880.0, 20934.0, 20906.0, 20943.0, 20911.0, 20936.0, 20943.0, 20902.0, 20928.0, 20946.0, 20898.0, 20888.0, 20883.0, 20859.0, 20870.0, 20893.0, 20885.0, 20908.0, 20919.0, 20911.0, 20902.0, 20907.0, 20902.0, 20887.0, 20925.0, 20938.0, 20933.0, 20926.0, 20887.0, 20858.0, 20894.0, 20915.0, 20944.0, 20946.0, 20971.0, 20956.0, 20946.0, 20959.0, 20917.0, 20933.0, 20931.0, 20909.0, 20879.0, 20867.0, 20884.0, 20854.0, 20891.0, 20917.0, 20934.0, 20928.0, 20910.0, 20921.0, 20872.0, 20900.0, 20877.0, 20911.0, 20912.0, 20924.0, 20886.0, 20878.0, 20893.0, 20905.0, 20933.0, 20933.0, 20926.0, 20959.0, 20899.0, 20911.0, 20908.0, 20898.0, 20907.0, 20950.0, 20945.0, 20904.0, 20925.0, 20903.0, 20907.0, 20924.0, 20906.0, 20928.0, 20931.0, 20951.0, 20947.0, 20932.0, 20962.0, 20938.0, 20931.0, 20899.0, 21205.0, 21046.0, 21015.0, 21025.0, 20987.0, 20877.0, 20843.0, 20882.0, 20873.0, 20869.0, 20938.0, 20933.0, 20922.0, 20930.0, 20916.0, 20907.0, 20920.0, 20903.0, 20939.0, 20897.0, 20928.0, 20928.0, 20926.0, 20915.0, 20901.0, 20933.0, 20930.0, 20897.0, 20882.0, 20850.0, 20852.0, 20895.0, 20907.0, 20880.0, 20931.0, 20940.0, 20955.0, 20917.0, 20929.0, 20960.0, 20929.0, 20917.0, 20980.0, 20927.0, 20921.0, 20936.0, 20947.0, 20929.0, 20907.0, 20953.0, 20954.0, 20934.0, 20943.0, 20929.0, 20938.0, 20923.0, 20948.0, 20943.0, 20937.0, 20934.0, 20898.0, 20901.0, 20922.0, 20919.0, 20932.0, 20943.0, 20926.0, 20900.0, 20885.0, 20896.0, 20877.0, 20898.0, 20846.0, 20867.0, 20856.0, 20870.0, 20855.0, 20873.0, 20902.0, 20901.0, 20876.0, 20938.0, 20840.0, 20849.0, 20882.0, 20841.0, 20871.0, 20911.0, 20932.0, 20940.0, 20912.0, 20908.0, 20914.0, 20891.0, 20878.0, 20918.0, 20914.0, 20917.0, 20933.0, 20922.0, 20906.0, 20922.0, 20909.0, 20942.0, 20895.0, 20931.0, 20890.0, 20860.0, 20878.0, 20874.0, 20919.0, 20936.0, 20961.0, 20930.0, 20940.0, 20882.0, 20876.0, 20934.0, 20868.0, 20870.0, 20887.0, 20866.0, 20912.0, 20893.0, 20892.0, 20885.0, 20847.0, 20868.0, 20863.0, 20883.0, 20897.0, 20887.0, 20902.0, 20866.0, 20931.0, 20902.0, 20897.0, 20930.0, 20916.0, 20918.0, 20937.0, 20896.0, 20918.0, 20934.0, 20943.0, 20964.0, 20907.0, 20909.0, 20907.0, 20902.0, 20877.0, 20962.0, 20940.0, 20933.0, 20939.0, 20927.0, 20894.0, 20912.0, 20908.0, 20937.0, 20932.0, 20969.0, 20886.0, 21298.0, 21058.0, 21253.0, 21160.0, 21014.0, 20904.0, 20937.0, 20951.0, 20895.0, 20915.0, 20941.0, 20900.0, 20944.0, 20981.0, 20950.0, 20950.0, 20977.0, 20929.0, 20898.0, 20966.0, 20879.0, 20871.0, 20881.0, 20902.0, 20891.0, 20896.0, 20943.0, 20890.0, 20861.0, 20882.0, 20883.0, 20895.0, 20881.0, 20896.0, 20915.0, 20928.0, 20938.0, 20937.0, 20932.0, 20923.0, 20960.0, 20900.0, 20927.0, 20934.0, 20940.0, 20934.0, 20909.0, 20935.0, 20936.0, 20961.0, 20891.0, 20880.0, 20919.0, 20856.0, 20886.0, 20916.0, 20884.0, 20893.0, 20915.0, 20894.0, 20972.0, 20946.0, 20955.0, 20980.0, 20951.0, 20925.0, 20959.0, 20950.0, 20950.0, 20927.0, 20932.0, 20953.0, 20929.0, 20919.0, 20979.0, 20924.0, 20954.0, 20995.0, 20953.0, 20973.0, 20951.0, 20907.0, 20955.0, 20919.0, 20924.0, 20959.0, 20939.0, 20950.0, 20950.0, 20947.0, 20929.0, 20920.0, 20976.0, 20925.0, 20905.0, 20981.0, 20904.0, 20960.0, 20941.0, 20932.0, 20984.0, 20944.0, 20977.0, 20935.0, 20951.0, 20986.0, 20914.0, 20951.0, 20961.0, 20925.0, 20929.0, 20914.0, 20921.0, 20942.0, 20939.0, 20958.0, 20961.0, 20888.0, 20914.0, 20892.0, 20872.0, 20889.0, 20909.0, 20954.0, 20939.0, 20938.0, 20937.0, 20917.0, 20897.0, 20936.0, 20923.0, 20882.0, 20919.0, 20921.0, 20925.0, 20946.0, 20957.0, 20925.0, 20909.0, 20923.0, 20934.0, 20983.0, 20971.0, 20931.0, 20944.0, 20942.0, 20942.0, 20994.0, 20949.0, 20910.0, 20947.0, 20926.0, 20940.0, 20974.0, 21003.0, 20956.0, 21011.0, 20983.0, 20940.0, 20944.0, 20935.0, 20957.0, 20940.0, 20976.0, 20967.0, 20927.0, 20991.0, 20953.0, 20986.0, 20966.0, 20958.0, 20976.0, 20923.0, 20956.0, 20937.0, 20966.0, 20990.0, 20933.0, 20953.0, 20913.0, 20965.0, 20962.0, 20941.0, 20986.0, 20959.0, 20981.0, 20981.0, 20956.0, 20984.0, 20953.0, 20965.0, 20990.0, 20971.0, 20944.0, 20953.0, 20947.0, 20948.0, 20978.0, 20941.0, 20925.0, 20940.0, 20971.0, 20969.0, 20998.0, 20951.0, 20910.0, 20964.0, 21018.0, 20953.0, 20979.0, 20985.0, 20966.0, 20993.0, 20995.0, 20991.0, 20991.0, 20979.0, 20974.0, 20992.0, 20932.0, 20967.0, 20986.0, 20939.0, 20968.0, 20998.0, 20940.0, 20940.0, 20976.0, 20994.0, 20986.0]}, "slices": {}}}