{"AcquisitionMatrixPE": 256, "AcquisitionNumber": 1, "AcquisitionTime": "17:04:29.755000", "BaseResolution": 256, "BodyPartExamined": "BRAIN", "ConsistencyInfo": "N4_VD11D_LATEST_20110129", "ConversionSoftware": "dcm2niix", "ConversionSoftwareVersion": "v1.0.20210317", "DeviceSerialNumber": "45239", "DwellTime": 1.09e-05, "EchoTime": 0.00249, "FlipAngle": 9, "ImageOrientationPatientDICOM": [0, 1, 0, 0, 0, -1], "ImageType": ["ORIGINAL", "PRIMARY", "M", "ND", "NORM"], "ImagingFrequency": 123.194, "InPlanePhaseEncodingDirectionDICOM": "ROW", "InstitutionAddress": "E 24th St. 100,Austin,Southmiddle,US,78712", "InstitutionName": "Univ of Texas at Austin", "InstitutionalDepartmentName": "IRC", "InversionTime": 0.9, "MRAcquisitionType": "3D", "MagneticFieldStrength": 3, "Manufacturer": "Siemens", "ManufacturersModelName": "Skyra", "Modality": "MR", "ParallelReductionFactorInPlane": 2, "PartialFourier": 1, "PatientPosition": "HFS", "PercentPhaseFOV": 100, "PercentSampling": 100, "PhaseEncodingSteps": 255, "PhaseResolution": 1, "PixelBandwidth": 180, "ProcedureStepDescription": "Poldrack2^self-scanning", "ProtocolName": "MPRAGE", "PulseSequenceDetails": "%SiemensSeq%\\tfl", "ReceiveCoilActiveElements": "HEA;HEP", "ReceiveCoilName": "Head_32", "ReconMatrixPE": 256, "RefLinesPE": 24, "RepetitionTime": 1.9, "SAR": 0.0913607, "ScanOptions": "IR", "ScanningSequence": "GR\\IR", "SequenceName": "*tfl3d1_16ns", "SequenceVariant": "SK\\SP\\MP", "SeriesDescription": "MPRAGE", "SeriesNumber": 8, "ShimSetting": [-2778, 8011, -15926, -121, -142, -90, -19, -21], "SliceThickness": 0.9, "SoftwareVersions": "syngo MR D11", "StationName": "AWP45239", "TxRefAmp": 330.981, "dcmmeta_affine": [[0.9000000357627869, 0.0, 0.0, -84.74518585205078], [0.0, 0.9375, 0.0, -122.54276275634766], [0.0, 0.0, 0.9375, -126.93174743652344], [0.0, 0.0, 0.0, 1.0]], "dcmmeta_reorient_transform": [[0.0, 0.0, -1.0, 255.0], [0.0, -1.0, 0.0, 255.0], [-1.0, 0.0, 0.0, 191.0], [0.0, 0.0, 0.0, 1.0]], "dcmmeta_shape": [192, 256, 256], "dcmmeta_slice_dim": 0, "dcmmeta_version": 0.6, "global": {"const": {"AcquisitionMatrix": [0, 256, 256, 0], "AcquisitionNumber": 1, "AcquisitionTime": "170429.755000", "AngioFlag": "N", "BitsAllocated": 16, "BitsStored": 12, "BodyPartExamined": "BRAIN", "Columns": 256, "EchoNumbers": 1, "EchoTime": 2.49, "EchoTrainLength": 1, "FlipAngle": 9.0, "HighBit": 11, "ImageOrientationPatient": [0.0, 1.0, 0.0, 0.0, 0.0, -1.0], "ImageType": ["ORIGINAL", "PRIMARY", "M", "ND", "NORM"], "ImagedNucleus": "1H", "ImagingFrequency": 123.19353, "InPlanePhaseEncodingDirection": "ROW", "InversionTime": 900.0, "MRAcquisitionType": "3D", "MagneticFieldStrength": 3.0, "Manufacturer": "SIEMENS", "ManufacturerModelName": "Skyra", "Modality": "MR", "NumberOfAverages": 1.0, "NumberOfPhaseEncodingSteps": 255, "PercentPhaseFieldOfView": 100.0, "PercentSampling": 100.0, "PerformedProcedureStepStartTime": "164307.500000", "PhotometricInterpretation": "MONOCHROME2", "PixelBandwidth": 180.0, "PixelRepresentation": 0, "PixelSpacing": [0.9375, 0.9375], "ProtocolName": "MPRAGE", "RepetitionTime": 1900.0, "Rows": 256, "SAR": 0.09136065947349, "SamplesPerPixel": 1, "ScanOptions": "IR", "ScanningSequence": ["GR", "IR"], "SequenceName": "*tfl3d1_16ns", "SequenceVariant": ["SK", "SP", "MP"], "SeriesDescription": "MPRAGE", "SeriesNumber": 8, "SeriesTime": "171047.234000", "SliceThickness": 0.90000003576279, "SmallestImagePixelValue": 0, "SoftwareVersions": "syngo MR D11", "SpecificCharacterSet": "ISO_IR 100", "StudyID": "1", "StudyTime": "164307.468000", "TransmitCoilName": "Body", "VariableFlipAngleFlag": "N", "WindowCenterWidthExplanation": "Algo1", "dBdt": 0.0}, "slices": {"ContentTime": ["171047.812000", "171047.812000", "171047.812000", "171047.812000", "171047.812000", "171047.796000", "171047.796000", "171047.796000", "171047.796000", "171047.796000", "171047.796000", "171047.796000", "171047.781000", "171047.781000", "171047.781000", "171047.781000", "171047.765000", "171047.765000", "171047.750000", "171047.750000", "171047.750000", "171047.750000", "171047.750000", "171047.750000", "171047.750000", "171047.734000", "171047.734000", "171047.734000", "171047.734000", "171047.734000", "171047.734000", "171047.734000", "171047.718000", "171047.718000", "171047.718000", "171047.718000", "171047.703000", "171047.703000", "171047.703000", "171047.703000", "171047.687000", "171047.687000", "171047.687000", "171047.687000", "171047.687000", "171047.671000", "171047.671000", "171047.671000", "171047.671000", "171047.671000", "171047.656000", "171047.656000", "171047.656000", "171047.656000", "171047.656000", "171047.640000", "171047.640000", "171047.640000", "171047.640000", "171047.640000", "171047.640000", "171047.640000", "171047.640000", "171047.625000", "171047.625000", "171047.625000", "171047.625000", "171047.625000", "171047.609000", "171047.609000", "171047.609000", "171047.593000", "171047.593000", "171047.593000", "171047.593000", "171047.593000", "171047.593000", "171047.593000", "171047.578000", "171047.578000", "171047.578000", "171047.578000", "171047.578000", "171047.578000", "171047.578000", "171047.578000", "171047.562000", "171047.562000", "171047.500000", "171047.500000", "171047.500000", "171047.500000", "171047.500000", "171047.484000", "171047.484000", "171047.484000", "171047.484000", "171047.484000", "171047.484000", "171047.484000", "171047.484000", "171047.468000", "171047.468000", "171047.468000", "171047.468000", "171047.468000", "171047.468000", "171047.468000", "171047.468000", "171047.453000", "171047.453000", "171047.453000", "171047.453000", "171047.453000", "171047.453000", "171047.453000", "171047.453000", "171047.453000", "171047.437000", "171047.437000", "171047.421000", "171047.421000", "171047.421000", "171047.421000", "171047.421000", "171047.421000", "171047.421000", "171047.406000", "171047.406000", "171047.406000", "171047.406000", "171047.406000", "171047.406000", "171047.406000", "171047.390000", "171047.390000", "171047.375000", "171047.375000", "171047.375000", "171047.375000", "171047.375000", "171047.375000", "171047.359000", "171047.359000", "171047.359000", "171047.343000", "171047.343000", "171047.343000", "171047.343000", "171047.343000", "171047.343000", "171047.328000", "171047.328000", "171047.328000", "171047.328000", "171047.328000", "171047.328000", "171047.312000", "171047.312000", "171047.312000", "171047.312000", "171047.312000", "171047.312000", "171047.312000", "171047.296000", "171047.296000", "171047.296000", "171047.296000", "171047.296000", "171047.296000", "171047.281000", "171047.281000", "171047.281000", "171047.281000", "171047.281000", "171047.281000", "171047.281000", "171047.281000", "171047.265000", "171047.265000", "171047.265000", "171047.265000", "171047.265000", "171047.265000", "171047.250000", "171047.250000", "171047.250000", "171047.250000", "171047.250000", "171047.234000", "171047.234000", "171047.234000"], "CsaImage.Actual3DImaPartNumber": [191, 190, 189, 188, 187, 186, 185, 184, 183, 182, 181, 180, 179, 178, 177, 176, 175, 174, 173, 172, 171, 170, 169, 168, 167, 166, 165, 164, 163, 162, 161, 160, 159, 158, 157, 156, 155, 154, 153, 152, 151, 150, 149, 148, 147, 146, 145, 144, 143, 142, 141, 140, 139, 138, 137, 136, 135, 134, 133, 132, 131, 130, 129, 128, 127, 126, 125, 124, 123, 122, 121, 120, 119, 118, 117, 116, 115, 114, 113, 112, 111, 110, 109, 108, 107, 106, 105, 104, 103, 102, 101, 100, 99, 98, 97, 96, 95, 94, 93, 92, 91, 90, 89, 88, 87, 86, 85, 84, 83, 82, 81, 80, 79, 78, 77, 76, 75, 74, 73, 72, 71, 70, 69, 68, 67, 66, 65, 64, 63, 62, 61, 60, 59, 58, 57, 56, 55, 54, 53, 52, 51, 50, 49, 48, 47, 46, 45, 44, 43, 42, 41, 40, 39, 38, 37, 36, 35, 34, 33, 32, 31, 30, 29, 28, 27, 26, 25, 24, 23, 22, 21, 20, 19, 18, 17, 16, 15, 14, 13, 12, 11, 10, 9, 8, 7, 6, 5, 4, 3, 2, 1, 0], "CsaImage.ICE_Dims": ["X_1_1_1_1_1_192_1_1_1_1_1_466", "X_1_1_1_1_1_191_1_1_1_1_1_466", "X_1_1_1_1_1_190_1_1_1_1_1_466", "X_1_1_1_1_1_189_1_1_1_1_1_466", "X_1_1_1_1_1_188_1_1_1_1_1_466", "X_1_1_1_1_1_187_1_1_1_1_1_466", "X_1_1_1_1_1_186_1_1_1_1_1_466", "X_1_1_1_1_1_185_1_1_1_1_1_466", "X_1_1_1_1_1_184_1_1_1_1_1_466", "X_1_1_1_1_1_183_1_1_1_1_1_466", "X_1_1_1_1_1_182_1_1_1_1_1_466", "X_1_1_1_1_1_181_1_1_1_1_1_466", "X_1_1_1_1_1_180_1_1_1_1_1_466", "X_1_1_1_1_1_179_1_1_1_1_1_466", "X_1_1_1_1_1_178_1_1_1_1_1_466", "X_1_1_1_1_1_177_1_1_1_1_1_466", "X_1_1_1_1_1_176_1_1_1_1_1_466", "X_1_1_1_1_1_175_1_1_1_1_1_466", "X_1_1_1_1_1_174_1_1_1_1_1_466", "X_1_1_1_1_1_173_1_1_1_1_1_466", "X_1_1_1_1_1_172_1_1_1_1_1_466", "X_1_1_1_1_1_171_1_1_1_1_1_466", "X_1_1_1_1_1_170_1_1_1_1_1_466", "X_1_1_1_1_1_169_1_1_1_1_1_466", "X_1_1_1_1_1_168_1_1_1_1_1_466", "X_1_1_1_1_1_167_1_1_1_1_1_466", "X_1_1_1_1_1_166_1_1_1_1_1_466", "X_1_1_1_1_1_165_1_1_1_1_1_466", "X_1_1_1_1_1_164_1_1_1_1_1_466", "X_1_1_1_1_1_163_1_1_1_1_1_466", "X_1_1_1_1_1_162_1_1_1_1_1_466", "X_1_1_1_1_1_161_1_1_1_1_1_466", "X_1_1_1_1_1_160_1_1_1_1_1_466", "X_1_1_1_1_1_159_1_1_1_1_1_466", "X_1_1_1_1_1_158_1_1_1_1_1_466", "X_1_1_1_1_1_157_1_1_1_1_1_466", "X_1_1_1_1_1_156_1_1_1_1_1_466", "X_1_1_1_1_1_155_1_1_1_1_1_466", "X_1_1_1_1_1_154_1_1_1_1_1_466", "X_1_1_1_1_1_153_1_1_1_1_1_466", "X_1_1_1_1_1_152_1_1_1_1_1_466", "X_1_1_1_1_1_151_1_1_1_1_1_466", "X_1_1_1_1_1_150_1_1_1_1_1_466", "X_1_1_1_1_1_149_1_1_1_1_1_466", "X_1_1_1_1_1_148_1_1_1_1_1_466", "X_1_1_1_1_1_147_1_1_1_1_1_466", "X_1_1_1_1_1_146_1_1_1_1_1_466", "X_1_1_1_1_1_145_1_1_1_1_1_466", "X_1_1_1_1_1_144_1_1_1_1_1_466", "X_1_1_1_1_1_143_1_1_1_1_1_466", "X_1_1_1_1_1_142_1_1_1_1_1_466", "X_1_1_1_1_1_141_1_1_1_1_1_466", "X_1_1_1_1_1_140_1_1_1_1_1_466", "X_1_1_1_1_1_139_1_1_1_1_1_466", "X_1_1_1_1_1_138_1_1_1_1_1_466", "X_1_1_1_1_1_137_1_1_1_1_1_466", "X_1_1_1_1_1_136_1_1_1_1_1_466", "X_1_1_1_1_1_135_1_1_1_1_1_466", "X_1_1_1_1_1_134_1_1_1_1_1_466", "X_1_1_1_1_1_133_1_1_1_1_1_466", "X_1_1_1_1_1_132_1_1_1_1_1_466", "X_1_1_1_1_1_131_1_1_1_1_1_466", "X_1_1_1_1_1_130_1_1_1_1_1_466", "X_1_1_1_1_1_129_1_1_1_1_1_466", "X_1_1_1_1_1_128_1_1_1_1_1_466", "X_1_1_1_1_1_127_1_1_1_1_1_466", "X_1_1_1_1_1_126_1_1_1_1_1_466", "X_1_1_1_1_1_125_1_1_1_1_1_466", "X_1_1_1_1_1_124_1_1_1_1_1_466", "X_1_1_1_1_1_123_1_1_1_1_1_466", "X_1_1_1_1_1_122_1_1_1_1_1_466", "X_1_1_1_1_1_121_1_1_1_1_1_466", "X_1_1_1_1_1_120_1_1_1_1_1_466", "X_1_1_1_1_1_119_1_1_1_1_1_466", "X_1_1_1_1_1_118_1_1_1_1_1_466", "X_1_1_1_1_1_117_1_1_1_1_1_466", "X_1_1_1_1_1_116_1_1_1_1_1_466", "X_1_1_1_1_1_115_1_1_1_1_1_466", "X_1_1_1_1_1_114_1_1_1_1_1_466", "X_1_1_1_1_1_113_1_1_1_1_1_466", "X_1_1_1_1_1_112_1_1_1_1_1_466", "X_1_1_1_1_1_111_1_1_1_1_1_466", "X_1_1_1_1_1_110_1_1_1_1_1_466", "X_1_1_1_1_1_109_1_1_1_1_1_466", "X_1_1_1_1_1_108_1_1_1_1_1_466", "X_1_1_1_1_1_107_1_1_1_1_1_466", "X_1_1_1_1_1_106_1_1_1_1_1_466", "X_1_1_1_1_1_105_1_1_1_1_1_466", "X_1_1_1_1_1_104_1_1_1_1_1_466", "X_1_1_1_1_1_103_1_1_1_1_1_466", "X_1_1_1_1_1_102_1_1_1_1_1_466", "X_1_1_1_1_1_101_1_1_1_1_1_466", "X_1_1_1_1_1_100_1_1_1_1_1_466", "X_1_1_1_1_1_99_1_1_1_1_1_466", "X_1_1_1_1_1_98_1_1_1_1_1_466", "X_1_1_1_1_1_97_1_1_1_1_1_466", "X_1_1_1_1_1_96_1_1_1_1_1_466", "X_1_1_1_1_1_95_1_1_1_1_1_466", "X_1_1_1_1_1_94_1_1_1_1_1_466", "X_1_1_1_1_1_93_1_1_1_1_1_466", "X_1_1_1_1_1_92_1_1_1_1_1_466", "X_1_1_1_1_1_91_1_1_1_1_1_466", "X_1_1_1_1_1_90_1_1_1_1_1_466", "X_1_1_1_1_1_89_1_1_1_1_1_466", "X_1_1_1_1_1_88_1_1_1_1_1_466", "X_1_1_1_1_1_87_1_1_1_1_1_466", "X_1_1_1_1_1_86_1_1_1_1_1_466", "X_1_1_1_1_1_85_1_1_1_1_1_466", "X_1_1_1_1_1_84_1_1_1_1_1_466", "X_1_1_1_1_1_83_1_1_1_1_1_466", "X_1_1_1_1_1_82_1_1_1_1_1_466", "X_1_1_1_1_1_81_1_1_1_1_1_466", "X_1_1_1_1_1_80_1_1_1_1_1_466", "X_1_1_1_1_1_79_1_1_1_1_1_466", "X_1_1_1_1_1_78_1_1_1_1_1_466", "X_1_1_1_1_1_77_1_1_1_1_1_466", "X_1_1_1_1_1_76_1_1_1_1_1_466", "X_1_1_1_1_1_75_1_1_1_1_1_466", "X_1_1_1_1_1_74_1_1_1_1_1_466", "X_1_1_1_1_1_73_1_1_1_1_1_466", "X_1_1_1_1_1_72_1_1_1_1_1_466", "X_1_1_1_1_1_71_1_1_1_1_1_466", "X_1_1_1_1_1_70_1_1_1_1_1_466", "X_1_1_1_1_1_69_1_1_1_1_1_466", "X_1_1_1_1_1_68_1_1_1_1_1_466", "X_1_1_1_1_1_67_1_1_1_1_1_466", "X_1_1_1_1_1_66_1_1_1_1_1_466", "X_1_1_1_1_1_65_1_1_1_1_1_466", "X_1_1_1_1_1_64_1_1_1_1_1_466", "X_1_1_1_1_1_63_1_1_1_1_1_466", "X_1_1_1_1_1_62_1_1_1_1_1_466", "X_1_1_1_1_1_61_1_1_1_1_1_466", "X_1_1_1_1_1_60_1_1_1_1_1_466", "X_1_1_1_1_1_59_1_1_1_1_1_466", "X_1_1_1_1_1_58_1_1_1_1_1_466", "X_1_1_1_1_1_57_1_1_1_1_1_466", "X_1_1_1_1_1_56_1_1_1_1_1_466", "X_1_1_1_1_1_55_1_1_1_1_1_466", "X_1_1_1_1_1_54_1_1_1_1_1_466", "X_1_1_1_1_1_53_1_1_1_1_1_466", "X_1_1_1_1_1_52_1_1_1_1_1_466", "X_1_1_1_1_1_51_1_1_1_1_1_466", "X_1_1_1_1_1_50_1_1_1_1_1_466", "X_1_1_1_1_1_49_1_1_1_1_1_466", "X_1_1_1_1_1_48_1_1_1_1_1_466", "X_1_1_1_1_1_47_1_1_1_1_1_466", "X_1_1_1_1_1_46_1_1_1_1_1_466", "X_1_1_1_1_1_45_1_1_1_1_1_466", "X_1_1_1_1_1_44_1_1_1_1_1_466", "X_1_1_1_1_1_43_1_1_1_1_1_466", "X_1_1_1_1_1_42_1_1_1_1_1_466", "X_1_1_1_1_1_41_1_1_1_1_1_466", "X_1_1_1_1_1_40_1_1_1_1_1_466", "X_1_1_1_1_1_39_1_1_1_1_1_466", "X_1_1_1_1_1_38_1_1_1_1_1_466", "X_1_1_1_1_1_37_1_1_1_1_1_466", "X_1_1_1_1_1_36_1_1_1_1_1_466", "X_1_1_1_1_1_35_1_1_1_1_1_466", "X_1_1_1_1_1_34_1_1_1_1_1_466", "X_1_1_1_1_1_33_1_1_1_1_1_466", "X_1_1_1_1_1_32_1_1_1_1_1_466", "X_1_1_1_1_1_31_1_1_1_1_1_466", "X_1_1_1_1_1_30_1_1_1_1_1_466", "X_1_1_1_1_1_29_1_1_1_1_1_466", "X_1_1_1_1_1_28_1_1_1_1_1_466", "X_1_1_1_1_1_27_1_1_1_1_1_466", "X_1_1_1_1_1_26_1_1_1_1_1_466", "X_1_1_1_1_1_25_1_1_1_1_1_466", "X_1_1_1_1_1_24_1_1_1_1_1_466", "X_1_1_1_1_1_23_1_1_1_1_1_466", "X_1_1_1_1_1_22_1_1_1_1_1_466", "X_1_1_1_1_1_21_1_1_1_1_1_466", "X_1_1_1_1_1_20_1_1_1_1_1_466", "X_1_1_1_1_1_19_1_1_1_1_1_466", "X_1_1_1_1_1_18_1_1_1_1_1_466", "X_1_1_1_1_1_17_1_1_1_1_1_466", "X_1_1_1_1_1_16_1_1_1_1_1_466", "X_1_1_1_1_1_15_1_1_1_1_1_466", "X_1_1_1_1_1_14_1_1_1_1_1_466", "X_1_1_1_1_1_13_1_1_1_1_1_466", "X_1_1_1_1_1_12_1_1_1_1_1_466", "X_1_1_1_1_1_11_1_1_1_1_1_466", "X_1_1_1_1_1_10_1_1_1_1_1_466", "X_1_1_1_1_1_9_1_1_1_1_1_466", "X_1_1_1_1_1_8_1_1_1_1_1_466", "X_1_1_1_1_1_7_1_1_1_1_1_466", "X_1_1_1_1_1_6_1_1_1_1_1_466", "X_1_1_1_1_1_5_1_1_1_1_1_466", "X_1_1_1_1_1_4_1_1_1_1_1_466", "X_1_1_1_1_1_3_1_1_1_1_1_466", "X_1_1_1_1_1_2_1_1_1_1_1_466", "X_1_1_1_1_1_1_1_1_1_1_1_466"], "CsaImage.SlicePosition_PCS": [[84.7451822, -116.5197351, 112.13075066], [83.84518218, -116.5197351, 112.13075066], [82.94518216, -116.5197351, 112.13075066], [82.04518215, -116.5197351, 112.13075066], [81.14518213, -116.5197351, 112.13075066], [80.24518212, -116.5197351, 112.13075066], [79.3451821, -116.5197351, 112.13075066], [78.44518209, -116.5197351, 112.13075066], [77.54518207, -116.5197351, 112.13075066], [76.64518205, -116.5197351, 112.13075066], [75.74518204, -116.5197351, 112.13075066], [74.84518202, -116.5197351, 112.13075066], [73.94518201, -116.5197351, 112.13075066], [73.04518199, -116.5197351, 112.13075066], [72.14518197, -116.5197351, 112.13075066], [71.24518196, -116.5197351, 112.13075066], [70.34518194, -116.5197351, 112.13075066], [69.44518193, -116.5197351, 112.13075066], [68.54518191, -116.5197351, 112.13075066], [67.64518189, -116.5197351, 112.13075066], [66.74518188, -116.5197351, 112.13075066], [65.84518186, -116.5197351, 112.13075066], [64.94518185, -116.5197351, 112.13075066], [64.04518183, -116.5197351, 112.13075066], [63.14518181, -116.5197351, 112.13075066], [62.2451818, -116.5197351, 112.13075066], [61.34518178, -116.5197351, 112.13075066], [60.44518177, -116.5197351, 112.13075066], [59.54518175, -116.5197351, 112.13075066], [58.64518174, -116.5197351, 112.13075066], [57.74518172, -116.5197351, 112.13075066], [56.8451817, -116.5197351, 112.13075066], [55.94518169, -116.5197351, 112.13075066], [55.04518167, -116.5197351, 112.13075066], [54.14518166, -116.5197351, 112.13075066], [53.24518164, -116.5197351, 112.13075066], [52.34518162, -116.5197351, 112.13075066], [51.44518161, -116.5197351, 112.13075066], [50.54518159, -116.5197351, 112.13075066], [49.64518158, -116.5197351, 112.13075066], [48.74518156, -116.5197351, 112.13075066], [47.84518154, -116.5197351, 112.13075066], [46.94518153, -116.5197351, 112.13075066], [46.04518151, -116.5197351, 112.13075066], [45.1451815, -116.5197351, 112.13075066], [44.24518148, -116.5197351, 112.13075066], [43.34518147, -116.5197351, 112.13075066], [42.44518145, -116.5197351, 112.13075066], [41.54518143, -116.5197351, 112.13075066], [40.64518142, -116.5197351, 112.13075066], [39.7451814, -116.5197351, 112.13075066], [38.84518139, -116.5197351, 112.13075066], [37.94518137, -116.5197351, 112.13075066], [37.04518135, -116.5197351, 112.13075066], [36.14518134, -116.5197351, 112.13075066], [35.24518132, -116.5197351, 112.13075066], [34.34518131, -116.5197351, 112.13075066], [33.44518129, -116.5197351, 112.13075066], [32.54518127, -116.5197351, 112.13075066], [31.64518126, -116.5197351, 112.13075066], [30.74518124, -116.5197351, 112.13075066], [29.84518123, -116.5197351, 112.13075066], [28.94518121, -116.5197351, 112.13075066], [28.04518119, -116.5197351, 112.13075066], [27.14518118, -116.5197351, 112.13075066], [26.24518116, -116.5197351, 112.13075066], [25.34518115, -116.5197351, 112.13075066], [24.44518113, -116.5197351, 112.13075066], [23.54518112, -116.5197351, 112.13075066], [22.6451811, -116.5197351, 112.13075066], [21.74518108, -116.5197351, 112.13075066], [20.84518107, -116.5197351, 112.13075066], [19.94518105, -116.5197351, 112.13075066], [19.04518104, -116.5197351, 112.13075066], [18.14518102, -116.5197351, 112.13075066], [17.245181, -116.5197351, 112.13075066], [16.34518099, -116.5197351, 112.13075066], [15.44518097, -116.5197351, 112.13075066], [14.54518096, -116.5197351, 112.13075066], [13.64518094, -116.5197351, 112.13075066], [12.74518092, -116.5197351, 112.13075066], [11.84518091, -116.5197351, 112.13075066], [10.94518089, -116.5197351, 112.13075066], [10.04518088, -116.5197351, 112.13075066], [9.14518086, -116.5197351, 112.13075066], [8.24518085, -116.5197351, 112.13075066], [7.34518083, -116.5197351, 112.13075066], [6.44518081, -116.5197351, 112.13075066], [5.5451808, -116.5197351, 112.13075066], [4.64518078, -116.5197351, 112.13075066], [3.74518077, -116.5197351, 112.13075066], [2.84518075, -116.5197351, 112.13075066], [1.94518073, -116.5197351, 112.13075066], [1.04518072, -116.5197351, 112.13075066], [0.1451807, -116.5197351, 112.13075066], [-0.75481931, -116.5197351, 112.13075066], [-1.65481933, -116.5197351, 112.13075066], [-2.55481935, -116.5197351, 112.13075066], [-3.45481936, -116.5197351, 112.13075066], [-4.35481938, -116.5197351, 112.13075066], [-5.25481939, -116.5197351, 112.13075066], [-6.15481941, -116.5197351, 112.13075066], [-7.05481942, -116.5197351, 112.13075066], [-7.95481944, -116.5197351, 112.13075066], [-8.85481946, -116.5197351, 112.13075066], [-9.75481947, -116.5197351, 112.13075066], [-10.65481949, -116.5197351, 112.13075066], [-11.5548195, -116.5197351, 112.13075066], [-12.45481952, -116.5197351, 112.13075066], [-13.35481954, -116.5197351, 112.13075066], [-14.25481955, -116.5197351, 112.13075066], [-15.15481957, -116.5197351, 112.13075066], [-16.05481958, -116.5197351, 112.13075066], [-16.9548196, -116.5197351, 112.13075066], [-17.85481962, -116.5197351, 112.13075066], [-18.75481963, -116.5197351, 112.13075066], [-19.65481965, -116.5197351, 112.13075066], [-20.55481966, -116.5197351, 112.13075066], [-21.45481968, -116.5197351, 112.13075066], [-22.3548197, -116.5197351, 112.13075066], [-23.25481971, -116.5197351, 112.13075066], [-24.15481973, -116.5197351, 112.13075066], [-25.05481974, -116.5197351, 112.13075066], [-25.95481976, -116.5197351, 112.13075066], [-26.85481977, -116.5197351, 112.13075066], [-27.75481979, -116.5197351, 112.13075066], [-28.65481981, -116.5197351, 112.13075066], [-29.55481982, -116.5197351, 112.13075066], [-30.45481984, -116.5197351, 112.13075066], [-31.35481985, -116.5197351, 112.13075066], [-32.25481987, -116.5197351, 112.13075066], [-33.15481989, -116.5197351, 112.13075066], [-34.0548199, -116.5197351, 112.13075066], [-34.95481992, -116.5197351, 112.13075066], [-35.85481993, -116.5197351, 112.13075066], [-36.75481995, -116.5197351, 112.13075066], [-37.65481997, -116.5197351, 112.13075066], [-38.55481998, -116.5197351, 112.13075066], [-39.45482, -116.5197351, 112.13075066], [-40.35482001, -116.5197351, 112.13075066], [-41.25482003, -116.5197351, 112.13075066], [-42.15482004, -116.5197351, 112.13075066], [-43.05482006, -116.5197351, 112.13075066], [-43.95482008, -116.5197351, 112.13075066], [-44.85482009, -116.5197351, 112.13075066], [-45.75482011, -116.5197351, 112.13075066], [-46.65482012, -116.5197351, 112.13075066], [-47.55482014, -116.5197351, 112.13075066], [-48.45482016, -116.5197351, 112.13075066], [-49.35482017, -116.5197351, 112.13075066], [-50.25482019, -116.5197351, 112.13075066], [-51.1548202, -116.5197351, 112.13075066], [-52.05482022, -116.5197351, 112.13075066], [-52.95482024, -116.5197351, 112.13075066], [-53.85482025, -116.5197351, 112.13075066], [-54.75482027, -116.5197351, 112.13075066], [-55.65482028, -116.5197351, 112.13075066], [-56.5548203, -116.5197351, 112.13075066], [-57.45482032, -116.5197351, 112.13075066], [-58.35482033, -116.5197351, 112.13075066], [-59.25482035, -116.5197351, 112.13075066], [-60.15482036, -116.5197351, 112.13075066], [-61.05482038, -116.5197351, 112.13075066], [-61.95482039, -116.5197351, 112.13075066], [-62.85482041, -116.5197351, 112.13075066], [-63.75482043, -116.5197351, 112.13075066], [-64.65482044, -116.5197351, 112.13075066], [-65.55482046, -116.5197351, 112.13075066], [-66.45482047, -116.5197351, 112.13075066], [-67.35482049, -116.5197351, 112.13075066], [-68.25482051, -116.5197351, 112.13075066], [-69.15482052, -116.5197351, 112.13075066], [-70.05482054, -116.5197351, 112.13075066], [-70.95482055, -116.5197351, 112.13075066], [-71.85482057, -116.5197351, 112.13075066], [-72.75482059, -116.5197351, 112.13075066], [-73.6548206, -116.5197351, 112.13075066], [-74.55482062, -116.5197351, 112.13075066], [-75.45482063, -116.5197351, 112.13075066], [-76.35482065, -116.5197351, 112.13075066], [-77.25482066, -116.5197351, 112.13075066], [-78.15482068, -116.5197351, 112.13075066], [-79.0548207, -116.5197351, 112.13075066], [-79.95482071, -116.5197351, 112.13075066], [-80.85482073, -116.5197351, 112.13075066], [-81.75482074, -116.5197351, 112.13075066], [-82.65482076, -116.5197351, 112.13075066], [-83.55482078, -116.5197351, 112.13075066], [-84.45482079, -116.5197351, 112.13075066], [-85.35482081, -116.5197351, 112.13075066], [-86.25482082, -116.5197351, 112.13075066], [-87.15482084, -116.5197351, 112.13075066]], "ImagePositionPatient": [[84.745182196299, -116.51973509789, 112.13075065613], [83.845182180405, -116.51973509789, 112.13075065613], [82.94518216451, -116.51973509789, 112.13075065613], [82.045182148616, -116.51973509789, 112.13075065613], [81.145182132721, -116.51973509789, 112.13075065613], [80.245182116826, -116.51973509789, 112.13075065613], [79.345182100932, -116.51973509789, 112.13075065613], [78.445182085037, -116.51973509789, 112.13075065613], [77.545182069143, -116.51973509789, 112.13075065613], [76.645182053248, -116.51973509789, 112.13075065613], [75.745182037354, -116.51973509789, 112.13075065613], [74.845182021459, -116.51973509789, 112.13075065613], [73.945182005564, -116.51973509789, 112.13075065613], [73.04518198967, -116.51973509789, 112.13075065613], [72.145181973775, -116.51973509789, 112.13075065613], [71.245181957881, -116.51973509789, 112.13075065613], [70.345181941986, -116.51973509789, 112.13075065613], [69.445181926092, -116.51973509789, 112.13075065613], [68.545181910197, -116.51973509789, 112.13075065613], [67.645181894302, -116.51973509789, 112.13075065613], [66.745181878408, -116.51973509789, 112.13075065613], [65.845181862513, -116.51973509789, 112.13075065613], [64.945181846619, -116.51973509789, 112.13075065613], [64.045181830724, -116.51973509789, 112.13075065613], [63.145181814829, -116.51973509789, 112.13075065613], [62.245181798935, -116.51973509789, 112.13075065613], [61.34518178304, -116.51973509789, 112.13075065613], [60.445181767146, -116.51973509789, 112.13075065613], [59.545181751251, -116.51973509789, 112.13075065613], [58.645181735357, -116.51973509789, 112.13075065613], [57.745181719462, -116.51973509789, 112.13075065613], [56.845181703568, -116.51973509789, 112.13075065613], [55.945181687673, -116.51973509789, 112.13075065613], [55.045181671778, -116.51973509789, 112.13075065613], [54.145181655884, -116.51973509789, 112.13075065613], [53.245181639989, -116.51973509789, 112.13075065613], [52.345181624095, -116.51973509789, 112.13075065613], [51.4451816082, -116.51973509789, 112.13075065613], [50.545181592305, -116.51973509789, 112.13075065613], [49.645181576411, -116.51973509789, 112.13075065613], [48.745181560516, -116.51973509789, 112.13075065613], [47.845181544622, -116.51973509789, 112.13075065613], [46.945181528727, -116.51973509789, 112.13075065613], [46.045181512833, -116.51973509789, 112.13075065613], [45.145181496938, -116.51973509789, 112.13075065613], [44.245181481043, -116.51973509789, 112.13075065613], [43.345181465149, -116.51973509789, 112.13075065613], [42.445181449254, -116.51973509789, 112.13075065613], [41.54518143336, -116.51973509789, 112.13075065613], [40.645181417465, -116.51973509789, 112.13075065613], [39.745181401571, -116.51973509789, 112.13075065613], [38.845181385676, -116.51973509789, 112.13075065613], [37.945181369781, -116.51973509789, 112.13075065613], [37.045181353887, -116.51973509789, 112.13075065613], [36.145181337992, -116.51973509789, 112.13075065613], [35.245181322098, -116.51973509789, 112.13075065613], [34.345181306203, -116.51973509789, 112.13075065613], [33.445181290309, -116.51973509789, 112.13075065613], [32.545181274414, -116.51973509789, 112.13075065613], [31.645181258519, -116.51973509789, 112.13075065613], [30.745181242625, -116.51973509789, 112.13075065613], [29.84518122673, -116.51973509789, 112.13075065613], [28.945181210836, -116.51973509789, 112.13075065613], [28.045181194941, -116.51973509789, 112.13075065613], [27.145181179047, -116.51973509789, 112.13075065613], [26.245181163152, -116.51973509789, 112.13075065613], [25.345181147257, -116.51973509789, 112.13075065613], [24.445181131363, -116.51973509789, 112.13075065613], [23.545181115468, -116.51973509789, 112.13075065613], [22.645181099574, -116.51973509789, 112.13075065613], [21.745181083679, -116.51973509789, 112.13075065613], [20.845181067785, -116.51973509789, 112.13075065613], [19.94518105189, -116.51973509789, 112.13075065613], [19.045181035995, -116.51973509789, 112.13075065613], [18.145181020101, -116.51973509789, 112.13075065613], [17.245181004206, -116.51973509789, 112.13075065613], [16.345180988312, -116.51973509789, 112.13075065613], [15.445180972417, -116.51973509789, 112.13075065613], [14.545180956523, -116.51973509789, 112.13075065613], [13.645180940628, -116.51973509789, 112.13075065613], [12.745180924733, -116.51973509789, 112.13075065613], [11.845180908839, -116.51973509789, 112.13075065613], [10.945180892944, -116.51973509789, 112.13075065613], [10.04518087705, -116.51973509789, 112.13075065613], [9.1451808611552, -116.51973509789, 112.13075065613], [8.2451808452606, -116.51973509789, 112.13075065613], [7.345180829366, -116.51973509789, 112.13075065613], [6.4451808134715, -116.51973509789, 112.13075065613], [5.5451807975769, -116.51973509789, 112.13075065613], [4.6451807816823, -116.51973509789, 112.13075065613], [3.7451807657878, -116.51973509789, 112.13075065613], [2.8451807498932, -116.51973509789, 112.13075065613], [1.9451807339986, -116.51973509789, 112.13075065613], [1.045180718104, -116.51973509789, 112.13075065613], [0.14518070220947, -116.51973509789, 112.13075065613], [-0.7548193136851, -116.51973509789, 112.13075065613], [-1.6548193295797, -116.51973509789, 112.13075065613], [-2.5548193454742, -116.51973509789, 112.13075065613], [-3.4548193613688, -116.51973509789, 112.13075065613], [-4.3548193772634, -116.51973509789, 112.13075065613], [-5.254819393158, -116.51973509789, 112.13075065613], [-6.1548194090525, -116.51973509789, 112.13075065613], [-7.0548194249471, -116.51973509789, 112.13075065613], [-7.9548194408417, -116.51973509789, 112.13075065613], [-8.8548194567362, -116.51973509789, 112.13075065613], [-9.7548194726308, -116.51973509789, 112.13075065613], [-10.654819488525, -116.51973509789, 112.13075065613], [-11.55481950442, -116.51973509789, 112.13075065613], [-12.454819520315, -116.51973509789, 112.13075065613], [-13.354819536209, -116.51973509789, 112.13075065613], [-14.254819552104, -116.51973509789, 112.13075065613], [-15.154819567998, -116.51973509789, 112.13075065613], [-16.054819583893, -116.51973509789, 112.13075065613], [-16.954819599787, -116.51973509789, 112.13075065613], [-17.854819615682, -116.51973509789, 112.13075065613], [-18.754819631577, -116.51973509789, 112.13075065613], [-19.654819647471, -116.51973509789, 112.13075065613], [-20.554819663366, -116.51973509789, 112.13075065613], [-21.45481967926, -116.51973509789, 112.13075065613], [-22.354819695155, -116.51973509789, 112.13075065613], [-23.254819711049, -116.51973509789, 112.13075065613], [-24.154819726944, -116.51973509789, 112.13075065613], [-25.054819742839, -116.51973509789, 112.13075065613], [-25.954819758733, -116.51973509789, 112.13075065613], [-26.854819774628, -116.51973509789, 112.13075065613], [-27.754819790522, -116.51973509789, 112.13075065613], [-28.654819806417, -116.51973509789, 112.13075065613], [-29.554819822311, -116.51973509789, 112.13075065613], [-30.454819838206, -116.51973509789, 112.13075065613], [-31.354819854101, -116.51973509789, 112.13075065613], [-32.254819869995, -116.51973509789, 112.13075065613], [-33.15481988589, -116.51973509789, 112.13075065613], [-34.054819901784, -116.51973509789, 112.13075065613], [-34.954819917679, -116.51973509789, 112.13075065613], [-35.854819933573, -116.51973509789, 112.13075065613], [-36.754819949468, -116.51973509789, 112.13075065613], [-37.654819965363, -116.51973509789, 112.13075065613], [-38.554819981257, -116.51973509789, 112.13075065613], [-39.454819997152, -116.51973509789, 112.13075065613], [-40.354820013046, -116.51973509789, 112.13075065613], [-41.254820028941, -116.51973509789, 112.13075065613], [-42.154820044835, -116.51973509789, 112.13075065613], [-43.05482006073, -116.51973509789, 112.13075065613], [-43.954820076625, -116.51973509789, 112.13075065613], [-44.854820092519, -116.51973509789, 112.13075065613], [-45.754820108414, -116.51973509789, 112.13075065613], [-46.654820124308, -116.51973509789, 112.13075065613], [-47.554820140203, -116.51973509789, 112.13075065613], [-48.454820156097, -116.51973509789, 112.13075065613], [-49.354820171992, -116.51973509789, 112.13075065613], [-50.254820187887, -116.51973509789, 112.13075065613], [-51.154820203781, -116.51973509789, 112.13075065613], [-52.054820219676, -116.51973509789, 112.13075065613], [-52.95482023557, -116.51973509789, 112.13075065613], [-53.854820251465, -116.51973509789, 112.13075065613], [-54.754820267359, -116.51973509789, 112.13075065613], [-55.654820283254, -116.51973509789, 112.13075065613], [-56.554820299149, -116.51973509789, 112.13075065613], [-57.454820315043, -116.51973509789, 112.13075065613], [-58.354820330938, -116.51973509789, 112.13075065613], [-59.254820346832, -116.51973509789, 112.13075065613], [-60.154820362727, -116.51973509789, 112.13075065613], [-61.054820378621, -116.51973509789, 112.13075065613], [-61.954820394516, -116.51973509789, 112.13075065613], [-62.854820410411, -116.51973509789, 112.13075065613], [-63.754820426305, -116.51973509789, 112.13075065613], [-64.6548204422, -116.51973509789, 112.13075065613], [-65.554820458094, -116.51973509789, 112.13075065613], [-66.454820473989, -116.51973509789, 112.13075065613], [-67.354820489883, -116.51973509789, 112.13075065613], [-68.254820505778, -116.51973509789, 112.13075065613], [-69.154820521673, -116.51973509789, 112.13075065613], [-70.054820537567, -116.51973509789, 112.13075065613], [-70.954820553462, -116.51973509789, 112.13075065613], [-71.854820569356, -116.51973509789, 112.13075065613], [-72.754820585251, -116.51973509789, 112.13075065613], [-73.654820601145, -116.51973509789, 112.13075065613], [-74.55482061704, -116.51973509789, 112.13075065613], [-75.454820632935, -116.51973509789, 112.13075065613], [-76.354820648829, -116.51973509789, 112.13075065613], [-77.254820664724, -116.51973509789, 112.13075065613], [-78.154820680618, -116.51973509789, 112.13075065613], [-79.054820696513, -116.51973509789, 112.13075065613], [-79.954820712407, -116.51973509789, 112.13075065613], [-80.854820728302, -116.51973509789, 112.13075065613], [-81.754820744197, -116.51973509789, 112.13075065613], [-82.654820760091, -116.51973509789, 112.13075065613], [-83.554820775986, -116.51973509789, 112.13075065613], [-84.45482079188, -116.51973509789, 112.13075065613], [-85.354820807775, -116.51973509789, 112.13075065613], [-86.254820823669, -116.51973509789, 112.13075065613], [-87.154820839564, -116.51973509789, 112.13075065613]], "InstanceCreationTime": ["171047.812000", "171047.812000", "171047.812000", "171047.812000", "171047.812000", "171047.796000", "171047.796000", "171047.796000", "171047.796000", "171047.796000", "171047.796000", "171047.796000", "171047.781000", "171047.781000", "171047.781000", "171047.781000", "171047.765000", "171047.765000", "171047.750000", "171047.750000", "171047.750000", "171047.750000", "171047.750000", "171047.750000", "171047.750000", "171047.734000", "171047.734000", "171047.734000", "171047.734000", "171047.734000", "171047.734000", "171047.734000", "171047.718000", "171047.718000", "171047.718000", "171047.718000", "171047.703000", "171047.703000", "171047.703000", "171047.703000", "171047.687000", "171047.687000", "171047.687000", "171047.687000", "171047.687000", "171047.671000", "171047.671000", "171047.671000", "171047.671000", "171047.671000", "171047.656000", "171047.656000", "171047.656000", "171047.656000", "171047.656000", "171047.640000", "171047.640000", "171047.640000", "171047.640000", "171047.640000", "171047.640000", "171047.640000", "171047.640000", "171047.625000", "171047.625000", "171047.625000", "171047.625000", "171047.625000", "171047.609000", "171047.609000", "171047.609000", "171047.593000", "171047.593000", "171047.593000", "171047.593000", "171047.593000", "171047.593000", "171047.593000", "171047.578000", "171047.578000", "171047.578000", "171047.578000", "171047.578000", "171047.578000", "171047.578000", "171047.578000", "171047.562000", "171047.562000", "171047.500000", "171047.500000", "171047.500000", "171047.500000", "171047.500000", "171047.484000", "171047.484000", "171047.484000", "171047.484000", "171047.484000", "171047.484000", "171047.484000", "171047.484000", "171047.468000", "171047.468000", "171047.468000", "171047.468000", "171047.468000", "171047.468000", "171047.468000", "171047.468000", "171047.453000", "171047.453000", "171047.453000", "171047.453000", "171047.453000", "171047.453000", "171047.453000", "171047.453000", "171047.453000", "171047.437000", "171047.437000", "171047.421000", "171047.421000", "171047.421000", "171047.421000", "171047.421000", "171047.421000", "171047.421000", "171047.406000", "171047.406000", "171047.406000", "171047.406000", "171047.406000", "171047.406000", "171047.406000", "171047.390000", "171047.390000", "171047.375000", "171047.375000", "171047.375000", "171047.375000", "171047.375000", "171047.375000", "171047.359000", "171047.359000", "171047.359000", "171047.343000", "171047.343000", "171047.343000", "171047.343000", "171047.343000", "171047.343000", "171047.328000", "171047.328000", "171047.328000", "171047.328000", "171047.328000", "171047.328000", "171047.312000", "171047.312000", "171047.312000", "171047.312000", "171047.312000", "171047.312000", "171047.312000", "171047.296000", "171047.296000", "171047.296000", "171047.296000", "171047.296000", "171047.296000", "171047.281000", "171047.281000", "171047.281000", "171047.281000", "171047.281000", "171047.281000", "171047.281000", "171047.281000", "171047.265000", "171047.265000", "171047.265000", "171047.265000", "171047.265000", "171047.265000", "171047.250000", "171047.250000", "171047.250000", "171047.250000", "171047.250000", "171047.234000", "171047.234000", "171047.234000"], "InstanceNumber": [192, 191, 190, 189, 188, 187, 186, 185, 184, 183, 182, 181, 180, 179, 178, 177, 176, 175, 174, 173, 172, 171, 170, 169, 168, 167, 166, 165, 164, 163, 162, 161, 160, 159, 158, 157, 156, 155, 154, 153, 152, 151, 150, 149, 148, 147, 146, 145, 144, 143, 142, 141, 140, 139, 138, 137, 136, 135, 134, 133, 132, 131, 130, 129, 128, 127, 126, 125, 124, 123, 122, 121, 120, 119, 118, 117, 116, 115, 114, 113, 112, 111, 110, 109, 108, 107, 106, 105, 104, 103, 102, 101, 100, 99, 98, 97, 96, 95, 94, 93, 92, 91, 90, 89, 88, 87, 86, 85, 84, 83, 82, 81, 80, 79, 78, 77, 76, 75, 74, 73, 72, 71, 70, 69, 68, 67, 66, 65, 64, 63, 62, 61, 60, 59, 58, 57, 56, 55, 54, 53, 52, 51, 50, 49, 48, 47, 46, 45, 44, 43, 42, 41, 40, 39, 38, 37, 36, 35, 34, 33, 32, 31, 30, 29, 28, 27, 26, 25, 24, 23, 22, 21, 20, 19, 18, 17, 16, 15, 14, 13, 12, 11, 10, 9, 8, 7, 6, 5, 4, 3, 2, 1], "LargestImagePixelValue": [568, 516, 454, 450, 430, 504, 603, 573, 545, 609, 560, 596, 600, 580, 571, 578, 622, 644, 617, 619, 590, 576, 616, 606, 611, 612, 685, 648, 632, 652, 661, 710, 679, 674, 662, 660, 653, 673, 672, 657, 675, 662, 659, 679, 712, 664, 630, 660, 643, 645, 692, 651, 675, 706, 808, 779, 832, 850, 776, 769, 759, 758, 764, 837, 765, 828, 624, 638, 664, 640, 663, 658, 630, 631, 673, 782, 828, 836, 672, 665, 652, 651, 655, 637, 601, 610, 664, 622, 628, 641, 665, 608, 615, 608, 647, 630, 652, 644, 672, 683, 681, 622, 688, 665, 636, 663, 665, 684, 703, 670, 669, 656, 623, 667, 634, 668, 674, 650, 666, 661, 745, 837, 810, 725, 694, 675, 669, 697, 676, 711, 682, 708, 668, 659, 696, 668, 659, 676, 655, 665, 684, 674, 683, 693, 697, 688, 655, 663, 659, 638, 662, 658, 653, 652, 653, 619, 662, 666, 656, 630, 628, 614, 645, 643, 666, 682, 647, 658, 637, 668, 686, 665, 625, 600, 571, 622, 603, 638, 692, 687, 529, 531, 513, 514, 472, 480, 508, 481, 521, 409, 416, 304], "SliceLocation": [84.745182196299, 83.845182180405, 82.94518216451, 82.045182148616, 81.145182132721, 80.245182116826, 79.345182100932, 78.445182085037, 77.545182069143, 76.645182053248, 75.745182037354, 74.845182021459, 73.945182005564, 73.04518198967, 72.145181973775, 71.245181957881, 70.345181941986, 69.445181926092, 68.545181910197, 67.645181894302, 66.745181878408, 65.845181862513, 64.945181846619, 64.045181830724, 63.145181814829, 62.245181798935, 61.34518178304, 60.445181767146, 59.545181751251, 58.645181735357, 57.745181719462, 56.845181703568, 55.945181687673, 55.045181671778, 54.145181655884, 53.245181639989, 52.345181624095, 51.4451816082, 50.545181592305, 49.645181576411, 48.745181560516, 47.845181544622, 46.945181528727, 46.045181512833, 45.145181496938, 44.245181481043, 43.345181465149, 42.445181449254, 41.54518143336, 40.645181417465, 39.745181401571, 38.845181385676, 37.945181369781, 37.045181353887, 36.145181337992, 35.245181322098, 34.345181306203, 33.445181290309, 32.545181274414, 31.645181258519, 30.745181242625, 29.84518122673, 28.945181210836, 28.045181194941, 27.145181179047, 26.245181163152, 25.345181147257, 24.445181131363, 23.545181115468, 22.645181099574, 21.745181083679, 20.845181067785, 19.94518105189, 19.045181035995, 18.145181020101, 17.245181004206, 16.345180988312, 15.445180972417, 14.545180956523, 13.645180940628, 12.745180924733, 11.845180908839, 10.945180892944, 10.04518087705, 9.1451808611552, 8.2451808452606, 7.345180829366, 6.4451808134715, 5.5451807975769, 4.6451807816823, 3.7451807657878, 2.8451807498932, 1.9451807339986, 1.045180718104, 0.14518070220947, -0.7548193136851, -1.6548193295797, -2.5548193454742, -3.4548193613688, -4.3548193772634, -5.254819393158, -6.1548194090525, -7.0548194249471, -7.9548194408417, -8.8548194567362, -9.7548194726308, -10.654819488525, -11.55481950442, -12.454819520315, -13.354819536209, -14.254819552104, -15.154819567998, -16.054819583893, -16.954819599787, -17.854819615682, -18.754819631577, -19.654819647471, -20.554819663366, -21.45481967926, -22.354819695155, -23.254819711049, -24.154819726944, -25.054819742839, -25.954819758733, -26.854819774628, -27.754819790522, -28.654819806417, -29.554819822311, -30.454819838206, -31.354819854101, -32.254819869995, -33.15481988589, -34.054819901784, -34.954819917679, -35.854819933573, -36.754819949468, -37.654819965363, -38.554819981257, -39.454819997152, -40.354820013046, -41.254820028941, -42.154820044835, -43.05482006073, -43.954820076625, -44.854820092519, -45.754820108414, -46.654820124308, -47.554820140203, -48.454820156097, -49.354820171992, -50.254820187887, -51.154820203781, -52.054820219676, -52.95482023557, -53.854820251465, -54.754820267359, -55.654820283254, -56.554820299149, -57.454820315043, -58.354820330938, -59.254820346832, -60.154820362727, -61.054820378621, -61.954820394516, -62.854820410411, -63.754820426305, -64.6548204422, -65.554820458094, -66.454820473989, -67.354820489883, -68.254820505778, -69.154820521673, -70.054820537567, -70.954820553462, -71.854820569356, -72.754820585251, -73.654820601145, -74.55482061704, -75.454820632935, -76.354820648829, -77.254820664724, -78.154820680618, -79.054820696513, -79.954820712407, -80.854820728302, -81.754820744197, -82.654820760091, -83.554820775986, -84.45482079188, -85.354820807775, -86.254820823669, -87.154820839564], "WindowCenter": [226.0, 227.0, 172.0, 148.0, 174.0, 197.0, 200.0, 190.0, 201.0, 213.0, 233.0, 273.0, 297.0, 291.0, 289.0, 303.0, 315.0, 322.0, 329.0, 336.0, 341.0, 346.0, 346.0, 341.0, 339.0, 336.0, 335.0, 329.0, 326.0, 318.0, 308.0, 305.0, 296.0, 293.0, 290.0, 285.0, 286.0, 288.0, 287.0, 286.0, 289.0, 293.0, 295.0, 296.0, 297.0, 301.0, 305.0, 307.0, 307.0, 306.0, 309.0, 309.0, 309.0, 311.0, 311.0, 311.0, 311.0, 312.0, 312.0, 311.0, 310.0, 310.0, 312.0, 311.0, 310.0, 309.0, 308.0, 309.0, 309.0, 308.0, 308.0, 308.0, 308.0, 308.0, 310.0, 308.0, 306.0, 307.0, 306.0, 305.0, 305.0, 304.0, 303.0, 300.0, 299.0, 298.0, 298.0, 298.0, 297.0, 297.0, 296.0, 295.0, 292.0, 288.0, 285.0, 283.0, 285.0, 285.0, 287.0, 289.0, 292.0, 295.0, 296.0, 298.0, 298.0, 299.0, 300.0, 301.0, 304.0, 305.0, 305.0, 306.0, 307.0, 307.0, 308.0, 308.0, 308.0, 308.0, 307.0, 308.0, 308.0, 308.0, 308.0, 309.0, 312.0, 314.0, 316.0, 316.0, 316.0, 316.0, 316.0, 317.0, 317.0, 316.0, 314.0, 313.0, 311.0, 310.0, 308.0, 307.0, 305.0, 304.0, 302.0, 301.0, 298.0, 297.0, 293.0, 293.0, 293.0, 291.0, 291.0, 291.0, 292.0, 293.0, 298.0, 305.0, 313.0, 319.0, 322.0, 319.0, 318.0, 319.0, 320.0, 318.0, 321.0, 320.0, 324.0, 321.0, 322.0, 320.0, 313.0, 306.0, 305.0, 301.0, 295.0, 290.0, 304.0, 294.0, 270.0, 248.0, 228.0, 220.0, 210.0, 227.0, 230.0, 226.0, 234.0, 196.0, 168.0, 168.0, 168.0, 55.0], "WindowWidth": [444.0, 448.0, 367.0, 331.0, 374.0, 415.0, 425.0, 415.0, 436.0, 466.0, 514.0, 586.0, 631.0, 629.0, 632.0, 657.0, 680.0, 694.0, 706.0, 720.0, 731.0, 740.0, 741.0, 733.0, 731.0, 729.0, 730.0, 724.0, 720.0, 707.0, 693.0, 685.0, 670.0, 665.0, 658.0, 650.0, 652.0, 655.0, 652.0, 650.0, 655.0, 662.0, 665.0, 670.0, 673.0, 680.0, 687.0, 690.0, 689.0, 688.0, 692.0, 690.0, 690.0, 692.0, 694.0, 692.0, 692.0, 697.0, 695.0, 691.0, 689.0, 690.0, 691.0, 688.0, 682.0, 678.0, 676.0, 677.0, 677.0, 676.0, 676.0, 674.0, 674.0, 673.0, 676.0, 674.0, 670.0, 672.0, 668.0, 665.0, 665.0, 664.0, 663.0, 659.0, 656.0, 656.0, 657.0, 656.0, 656.0, 656.0, 655.0, 653.0, 649.0, 643.0, 640.0, 635.0, 638.0, 639.0, 642.0, 644.0, 648.0, 652.0, 653.0, 657.0, 657.0, 658.0, 660.0, 661.0, 665.0, 667.0, 667.0, 667.0, 669.0, 670.0, 671.0, 673.0, 673.0, 672.0, 671.0, 671.0, 673.0, 675.0, 677.0, 680.0, 688.0, 696.0, 696.0, 696.0, 696.0, 694.0, 695.0, 698.0, 697.0, 697.0, 695.0, 695.0, 691.0, 690.0, 688.0, 685.0, 683.0, 680.0, 676.0, 674.0, 670.0, 668.0, 662.0, 661.0, 661.0, 658.0, 658.0, 658.0, 662.0, 665.0, 676.0, 688.0, 699.0, 708.0, 711.0, 705.0, 704.0, 705.0, 706.0, 703.0, 707.0, 702.0, 709.0, 702.0, 701.0, 698.0, 684.0, 673.0, 669.0, 661.0, 649.0, 634.0, 653.0, 631.0, 587.0, 536.0, 486.0, 462.0, 441.0, 463.0, 465.0, 457.0, 465.0, 404.0, 360.0, 357.0, 352.0, 159.0]}}}