{"AcquisitionMatrixPE": 96, "AcquisitionNumber": 1, "AcquisitionTime": "07:45:22.542500", "BandwidthPerPixelPhaseEncode": 33.602, "BaseResolution": 96, "BodyPartExamined": "BRAIN", "ConsistencyInfo": "N4_VD11D_LATEST_20110129", "ConversionSoftware": "dcm2niix", "ConversionSoftwareVersion": "v1.0.20210317", "DerivedVendorReportedEchoSpacing": 0.000620003, "DeviceSerialNumber": "45239", "DwellTime": 2.6e-06, "EchoTime": 0.03, "EchoTrainLength": 48, "EffectiveEchoSpacing": 0.000310001, "FlipAngle": 63, "ImageComments": "Unaliased MB4/PE3", "ImageOrientationPatientDICOM": [0.999964, -0.00745814, 0.0040326, 0.00847855, 0.879617, -0.475607], "ImageType": ["ORIGINAL", "PRIMARY", "M", "ND", "NORM", "MOSAIC"], "ImagingFrequency": 123.193, "InPlanePhaseEncodingDirectionDICOM": "COL", "InstitutionAddress": "E 24th St. 100,Austin,Southmiddle,US,78712", "InstitutionName": "Univ of Texas at Austin", "InstitutionalDepartmentName": "IRC", "MRAcquisitionType": "2D", "MagneticFieldStrength": 3, "Manufacturer": "Siemens", "ManufacturersModelName": "Skyra", "Modality": "MR", "MultibandAccelerationFactor": 4, "ParallelReductionFactorInPlane": 2, "PartialFourier": 1, "PatientPosition": "HFS", "PercentPhaseFOV": 100, "PercentSampling": 100, "PhaseEncodingDirection": "j-", "PhaseEncodingSteps": 96, "PhaseResolution": 1, "PixelBandwidth": 2005, "ProcedureStepDescription": "Poldrack2^self-scanning", "ProtocolName": "Resting State fMRI MBEPI_matrix96_BW2004", "PulseSequenceDetails": "%CustomerSeq%\\cmrr_mbep2d_bold", "ReceiveCoilActiveElements": "HEA;HEP", "ReceiveCoilName": "Head_32", "ReconMatrixPE": 96, "RefLinesPE": 94, "RepetitionTime": 1.16, "SAR": 0.103087, "ScanOptions": "FS", "ScanningSequence": "EP", "SequenceName": "epfid2d1_96", "SequenceVariant": "SK", "SeriesDescription": "Resting State fMRI MBEPI_matrix96_BW2004", "SeriesNumber": 6, "ShimSetting": [-2800, 8040, -15469, 147, -221, 71, 260, -99], "SliceThickness": 2, "SliceTiming": [0, 0.4975, 0.9975, 0.355, 0.855, 0.2125, 0.7125, 0.07, 0.57, 1.0675, 0.4275, 0.925, 0.285, 0.7825, 0.1425, 0.64, 0, 0.4975, 0.9975, 0.355, 0.855, 0.2125, 0.7125, 0.07, 0.57, 1.0675, 0.4275, 0.925, 0.285, 0.7825, 0.1425, 0.64, 0, 0.4975, 0.9975, 0.355, 0.855, 0.2125, 0.7125, 0.07, 0.57, 1.0675, 0.4275, 0.925, 0.285, 0.7825, 0.1425, 0.64, 0, 0.4975, 0.9975, 0.355, 0.855, 0.2125, 0.7125, 0.07, 0.57, 1.0675, 0.4275, 0.925, 0.285, 0.7825, 0.1425, 0.64], "SoftwareVersions": "syngo MR D11", "SpacingBetweenSlices": 2.4, "StationName": "AWP45239", "TaskName": "Resting fmri", "TotalReadoutTime": 0.0294501, "TxRefAmp": 342.873, "WipMemBlock": "cfcd8b4f-2ec6-4522-b881-9a5b22e2d526||Sequence: VD11D r206; Feb 13 2013 18:52:04 by eja", "dcmmeta_affine": [[-2.395747184753418, 0.020313182845711708, -1.4762586708627623e-08, 115.48362731933594], [0.017868470400571823, 2.1074156761169434, -1.14149808883667, -84.87109375], [0.00966142863035202, 1.1394753456115723, 2.111156702041626, -84.77040100097656], [0.0, 0.0, 0.0, 1.0]], "dcmmeta_reorient_transform": [[0.0, -1.0, 0.0, 95.0], [1.0, 0.0, 0.0, 0.0], [0.0, 0.0, 1.0, 0.0], [0.0, 0.0, 0.0, 1.0]], "dcmmeta_shape": [96, 96, 64, 518], "dcmmeta_slice_dim": 2, "dcmmeta_version": 0.6, "global": {"const": {"AcquisitionMatrix": [96, 0, 0, 96], "AngioFlag": "N", "BitsAllocated": 16, "BitsStored": 16, "BodyPartExamined": "BRAIN", "Columns": 768, "EchoNumbers": 1, "EchoTime": 30.0, "EchoTrainLength": 48, "FlipAngle": 63.0, "HighBit": 15, "ImageOrientationPatient": [0.99996405648072, -0.0074581441182, 0.00403259630312, 0.00847854625697, 0.87961696434839, -0.4756070965449], "ImagePositionPatient": [-929.20965074487, -817.42121086701, 403.09721357529], "ImageType": ["ORIGINAL", "PRIMARY", "M", "ND", "NORM", "MOSAIC"], "ImagedNucleus": "1H", "ImagingFrequency": 123.193211, "InPlanePhaseEncodingDirection": "COL", "MRAcquisitionType": "2D", "MagneticFieldStrength": 3.0, "Manufacturer": "SIEMENS", "ManufacturerModelName": "Skyra", "Modality": "MR", "NumberOfAverages": 1.0, "NumberOfPhaseEncodingSteps": 96, "PercentPhaseFieldOfView": 100.0, "PercentSampling": 100.0, "PerformedProcedureStepStartTime": "073011.656000", "PhotometricInterpretation": "MONOCHROME2", "PixelBandwidth": 2005.0, "PixelRepresentation": 0, "PixelSpacing": [2.3958332538605, 2.3958332538605], "ProtocolName": "Resting State fMRI MBEPI_matrix96_BW2004", "RepetitionTime": 1160.0, "Rows": 768, "SAR": 0.10308652574722, "SamplesPerPixel": 1, "ScanOptions": "FS", "ScanningSequence": "EP", "SequenceName": "epfid2d1_96", "SequenceVariant": "SK", "SeriesDescription": "Resting State fMRI MBEPI_matrix96_BW2004", "SeriesNumber": 6, "SeriesTime": "074601.171000", "SliceLocation": -34.201416399506, "SliceThickness": 2.0, "SmallestImagePixelValue": 0, "SoftwareVersions": "syngo MR D11", "SpacingBetweenSlices": 2.4000000593724, "SpecificCharacterSet": "ISO_IR 100", "StudyID": "1", "StudyTime": "073011.546000", "TransmitCoilName": "Body", "VariableFlipAngleFlag": "N", "WindowCenterWidthExplanation": "Algo1", "dBdt": 0.0}, "slices": {}}, "time": {"samples": {"AcquisitionNumber": [1, 2, 3, 4, 5, 6, 7, 8, 9, 10, 11, 12, 13, 14, 15, 16, 17, 18, 19, 20, 21, 22, 23, 24, 25, 26, 27, 28, 29, 30, 31, 32, 33, 34, 35, 36, 37, 38, 39, 40, 41, 42, 43, 44, 45, 46, 47, 48, 49, 50, 51, 52, 53, 54, 55, 56, 57, 58, 59, 60, 61, 62, 63, 64, 65, 66, 67, 68, 69, 70, 71, 72, 73, 74, 75, 76, 77, 78, 79, 80, 81, 82, 83, 84, 85, 86, 87, 88, 89, 90, 91, 92, 93, 94, 95, 96, 97, 98, 99, 100, 101, 102, 103, 104, 105, 106, 107, 108, 109, 110, 111, 112, 113, 114, 115, 116, 117, 118, 119, 120, 121, 122, 123, 124, 125, 126, 127, 128, 129, 130, 131, 132, 133, 134, 135, 136, 137, 138, 139, 140, 141, 142, 143, 144, 145, 146, 147, 148, 149, 150, 151, 152, 153, 154, 155, 156, 157, 158, 159, 160, 161, 162, 163, 164, 165, 166, 167, 168, 169, 170, 171, 172, 173, 174, 175, 176, 177, 178, 179, 180, 181, 182, 183, 184, 185, 186, 187, 188, 189, 190, 191, 192, 193, 194, 195, 196, 197, 198, 199, 200, 201, 202, 203, 204, 205, 206, 207, 208, 209, 210, 211, 212, 213, 214, 215, 216, 217, 218, 219, 220, 221, 222, 223, 224, 225, 226, 227, 228, 229, 230, 231, 232, 233, 234, 235, 236, 237, 238, 239, 240, 241, 242, 243, 244, 245, 246, 247, 248, 249, 250, 251, 252, 253, 254, 255, 256, 257, 258, 259, 260, 261, 262, 263, 264, 265, 266, 267, 268, 269, 270, 271, 272, 273, 274, 275, 276, 277, 278, 279, 280, 281, 282, 283, 284, 285, 286, 287, 288, 289, 290, 291, 292, 293, 294, 295, 296, 297, 298, 299, 300, 301, 302, 303, 304, 305, 306, 307, 308, 309, 310, 311, 312, 313, 314, 315, 316, 317, 318, 319, 320, 321, 322, 323, 324, 325, 326, 327, 328, 329, 330, 331, 332, 333, 334, 335, 336, 337, 338, 339, 340, 341, 342, 343, 344, 345, 346, 347, 348, 349, 350, 351, 352, 353, 354, 355, 356, 357, 358, 359, 360, 361, 362, 363, 364, 365, 366, 367, 368, 369, 370, 371, 372, 373, 374, 375, 376, 377, 378, 379, 380, 381, 382, 383, 384, 385, 386, 387, 388, 389, 390, 391, 392, 393, 394, 395, 396, 397, 398, 399, 400, 401, 402, 403, 404, 405, 406, 407, 408, 409, 410, 411, 412, 413, 414, 415, 416, 417, 418, 419, 420, 421, 422, 423, 424, 425, 426, 427, 428, 429, 430, 431, 432, 433, 434, 435, 436, 437, 438, 439, 440, 441, 442, 443, 444, 445, 446, 447, 448, 449, 450, 451, 452, 453, 454, 455, 456, 457, 458, 459, 460, 461, 462, 463, 464, 465, 466, 467, 468, 469, 470, 471, 472, 473, 474, 475, 476, 477, 478, 479, 480, 481, 482, 483, 484, 485, 486, 487, 488, 489, 490, 491, 492, 493, 494, 495, 496, 497, 498, 499, 500, 501, 502, 503, 504, 505, 506, 507, 508, 509, 510, 511, 512, 513, 514, 515, 516, 517, 518], "AcquisitionTime": ["074522.542500", "074551.542500", "074552.702500", "074553.862500", "074555.022500", "074556.182500", "074557.342500", "074558.502500", "074559.662500", "074600.822500", "074601.982500", "074603.142500", "074604.302500", "074605.462500", "074606.622500", "074607.782500", "074608.942500", "074610.102500", "074611.262500", "074612.422500", "074613.582500", "074614.742500", "074615.902500", "074617.062500", "074618.222500", "074619.382500", "074620.542500", "074621.702500", "074622.862500", "074624.022500", "074625.182500", "074626.342500", "074627.502500", "074628.662500", "074629.822500", "074630.982500", "074632.142500", "074633.302500", "074634.462500", "074635.622500", "074636.782500", "074637.942500", "074639.102500", "074640.262500", "074641.422500", "074642.582500", "074643.742500", "074644.902500", "074646.062500", "074647.222500", "074648.382500", "074649.542500", "074650.702500", "074651.862500", "074653.022500", "074654.182500", "074655.342500", "074656.502500", "074657.662500", "074658.822500", "074659.982500", "074701.142500", "074702.302500", "074703.462500", "074704.622500", "074705.782500", "074706.942500", "074708.102500", "074709.262500", "074710.422500", "074711.582500", "074712.742500", "074713.902500", "074715.062500", "074716.222500", "074717.382500", "074718.542500", "074719.702500", "074720.862500", "074722.022500", "074723.182500", "074724.342500", "074725.502500", "074726.662500", "074727.822500", "074728.982500", "074730.142500", "074731.302500", "074732.462500", "074733.622500", "074734.782500", "074735.942500", "074737.102500", "074738.262500", "074739.422500", "074740.582500", "074741.742500", "074742.902500", "074744.062500", "074745.222500", "074746.382500", "074747.542500", "074748.702500", "074749.862500", "074751.022500", "074752.182500", "074753.342500", "074754.502500", "074755.662500", "074756.822500", "074757.982500", "074759.142500", "074800.302500", "074801.462500", "074802.622500", "074803.782500", "074804.942500", "074806.102500", "074807.262500", "074808.422500", "074809.582500", "074810.742500", "074811.902500", "074813.062500", "074814.222500", "074815.382500", "074816.542500", "074817.702500", "074818.862500", "074820.022500", "074821.182500", "074822.342500", "074823.502500", "074824.662500", "074825.822500", "074826.982500", "074828.142500", "074829.302500", "074830.462500", "074831.622500", "074832.782500", "074833.942500", "074835.102500", "074836.262500", "074837.422500", "074838.582500", "074839.742500", "074840.902500", "074842.062500", "074843.222500", "074844.382500", "074845.542500", "074846.702500", "074847.862500", "074849.022500", "074850.182500", "074851.342500", "074852.502500", "074853.662500", "074854.822500", "074855.982500", "074857.142500", "074858.302500", "074859.462500", "074900.622500", "074901.782500", "074902.942500", "074904.102500", "074905.262500", "074906.422500", "074907.582500", "074908.742500", "074909.902500", "074911.062500", "074912.222500", "074913.382500", "074914.542500", "074915.702500", "074916.862500", "074918.022500", "074919.182500", "074920.342500", "074921.502500", "074922.662500", "074923.822500", "074924.982500", "074926.142500", "074927.302500", "074928.462500", "074929.622500", "074930.785000", "074931.945000", "074933.105000", "074934.265000", "074935.425000", "074936.585000", "074937.745000", "074938.905000", "074940.065000", "074941.225000", "074942.385000", "074943.545000", "074944.705000", "074945.865000", "074947.025000", "074948.185000", "074949.345000", "074950.505000", "074951.665000", "074952.825000", "074953.985000", "074955.145000", "074956.305000", "074957.465000", "074958.625000", "074959.785000", "075000.945000", "075002.105000", "075003.265000", "075004.425000", "075005.585000", "075006.745000", "075007.905000", "075009.065000", "075010.225000", "075011.385000", "075012.545000", "075013.705000", "075014.865000", "075016.025000", "075017.185000", "075018.345000", "075019.505000", "075020.665000", "075021.825000", "075022.985000", "075024.145000", "075025.305000", "075026.465000", "075027.625000", "075028.785000", "075029.945000", "075031.105000", "075032.265000", "075033.425000", "075034.585000", "075035.745000", "075036.905000", "075038.065000", "075039.225000", "075040.385000", "075041.545000", "075042.705000", "075043.865000", "075045.025000", "075046.185000", "075047.345000", "075048.505000", "075049.665000", "075050.825000", "075051.985000", "075053.145000", "075054.305000", "075055.465000", "075056.625000", "075057.785000", "075058.945000", "075100.105000", "075101.265000", "075102.425000", "075103.585000", "075104.745000", "075105.905000", "075107.065000", "075108.225000", "075109.385000", "075110.545000", "075111.705000", "075112.865000", "075114.025000", "075115.185000", "075116.345000", "075117.505000", "075118.665000", "075119.825000", "075120.985000", "075122.145000", "075123.305000", "075124.465000", "075125.625000", "075126.785000", "075127.945000", "075129.105000", "075130.265000", "075131.425000", "075132.585000", "075133.745000", "075134.905000", "075136.065000", "075137.225000", "075138.385000", "075139.545000", "075140.705000", "075141.865000", "075143.025000", "075144.185000", "075145.345000", "075146.505000", "075147.665000", "075148.825000", "075149.985000", "075151.145000", "075152.305000", "075153.465000", "075154.625000", "075155.785000", "075156.945000", "075158.105000", "075159.265000", "075200.425000", "075201.585000", "075202.745000", "075203.905000", "075205.065000", "075206.225000", "075207.385000", "075208.545000", "075209.705000", "075210.865000", "075212.025000", "075213.185000", "075214.345000", "075215.505000", "075216.665000", "075217.825000", "075218.985000", "075220.145000", "075221.305000", "075222.465000", "075223.625000", "075224.785000", "075225.945000", "075227.105000", "075228.265000", "075229.425000", "075230.585000", "075231.745000", "075232.905000", "075234.065000", "075235.225000", "075236.385000", "075237.545000", "075238.705000", "075239.865000", "075241.025000", "075242.185000", "075243.345000", "075244.505000", "075245.665000", "075246.825000", "075247.985000", "075249.145000", "075250.305000", "075251.465000", "075252.625000", "075253.785000", "075254.945000", "075256.105000", "075257.265000", "075258.425000", "075259.585000", "075300.745000", "075301.905000", "075303.065000", "075304.225000", "075305.385000", "075306.545000", "075307.705000", "075308.865000", "075310.025000", "075311.185000", "075312.345000", "075313.505000", "075314.665000", "075315.825000", "075316.985000", "075318.145000", "075319.305000", "075320.465000", "075321.625000", "075322.785000", "075323.945000", "075325.105000", "075326.265000", "075327.425000", "075328.585000", "075329.745000", "075330.905000", "075332.065000", "075333.225000", "075334.385000", "075335.545000", "075336.705000", "075337.865000", "075339.025000", "075340.185000", "075341.345000", "075342.505000", "075343.665000", "075344.825000", "075345.985000", "075347.145000", "075348.305000", "075349.465000", "075350.625000", "075351.785000", "075352.945000", "075354.105000", "075355.265000", "075356.425000", "075357.585000", "075358.745000", "075359.905000", "075401.065000", "075402.225000", "075403.385000", "075404.545000", "075405.705000", "075406.865000", "075408.025000", "075409.185000", "075410.345000", "075411.505000", "075412.665000", "075413.825000", "075414.985000", "075416.145000", "075417.305000", "075418.465000", "075419.625000", "075420.787500", "075421.947500", "075423.107500", "075424.267500", "075425.427500", "075426.587500", "075427.747500", "075428.907500", "075430.067500", "075431.227500", "075432.387500", "075433.547500", "075434.707500", "075435.867500", "075437.027500", "075438.187500", "075439.347500", "075440.507500", "075441.667500", "075442.827500", "075443.987500", "075445.147500", "075446.307500", "075447.467500", "075448.627500", "075449.787500", "075450.947500", "075452.107500", "075453.267500", "075454.427500", "075455.587500", "075456.747500", "075457.907500", "075459.067500", "075500.227500", "075501.387500", "075502.547500", "075503.707500", "075504.867500", "075506.027500", "075507.187500", "075508.347500", "075509.507500", "075510.667500", "075511.827500", "075512.987500", "075514.147500", "075515.307500", "075516.467500", "075517.627500", "075518.787500", "075519.947500", "075521.107500", "075522.267500", "075523.427500", "075524.587500", "075525.747500", "075526.907500", "075528.067500", "075529.227500", "075530.387500", "075531.547500", "075532.707500", "075533.867500", "075535.027500", "075536.187500", "075537.347500", "075538.507500", "075539.667500", "075540.827500", "075541.987500", "075543.147500", "075544.307500", "075545.467500", "075546.627500", "075547.787500", "075548.947500", "075550.107500"], "ContentTime": ["074601.187000", "074606.687000", "074606.703000", "074606.703000", "074606.703000", "074611.687000", "074611.687000", "074611.687000", "074611.687000", "074616.687000", "074616.687000", "074616.687000", "074621.687000", "074621.687000", "074621.687000", "074621.687000", "074626.687000", "074626.687000", "074626.703000", "074631.687000", "074631.687000", "074631.687000", "074631.703000", "074636.687000", "074636.687000", "074636.687000", "074636.687000", "074641.687000", "074641.687000", "074641.687000", "074646.687000", "074646.687000", "074646.687000", "074646.687000", "074651.687000", "074651.687000", "074651.687000", "074651.687000", "074656.687000", "074656.687000", "074656.687000", "074656.687000", "074701.687000", "074701.687000", "074701.687000", "074711.687000", "074711.687000", "074711.687000", "074711.687000", "074711.703000", "074711.703000", "074711.703000", "074711.703000", "074716.687000", "074716.687000", "074716.687000", "074721.687000", "074721.687000", "074721.687000", "074721.687000", "074726.687000", "074726.687000", "074726.687000", "074731.687000", "074731.703000", "074731.703000", "074731.703000", "074736.687000", "074736.687000", "074736.687000", "074736.687000", "074741.687000", "074741.687000", "074741.703000", "074746.687000", "074746.687000", "074746.687000", "074746.703000", "074751.687000", "074751.687000", "074751.687000", "074756.687000", "074756.687000", "074756.687000", "074756.703000", "074801.687000", "074801.687000", "074801.703000", "074801.703000", "074806.687000", "074806.687000", "074806.687000", "074806.703000", "074811.687000", "074811.687000", "074811.687000", "074816.687000", "074816.703000", "074816.703000", "074816.703000", "074821.687000", "074821.703000", "074821.703000", "074821.703000", "074826.687000", "074826.687000", "074826.687000", "074826.687000", "074831.687000", "074831.687000", "074831.687000", "074836.687000", "074836.687000", "074836.687000", "074836.687000", "074841.687000", "074841.687000", "074841.703000", "074846.687000", "074846.687000", "074846.703000", "074846.703000", "074851.687000", "074851.687000", "074851.687000", "074851.687000", "074856.687000", "074856.703000", "074856.703000", "074901.687000", "074901.687000", "074901.687000", "074901.687000", "074906.687000", "074906.687000", "074906.687000", "074911.687000", "074911.687000", "074911.687000", "074911.687000", "074916.687000", "074916.687000", "074916.687000", "074916.687000", "074921.687000", "074921.687000", "074921.703000", "074921.703000", "074926.687000", "074926.687000", "074926.703000", "074931.687000", "074931.687000", "074931.687000", "074931.687000", "074936.687000", "074936.687000", "074936.687000", "074936.687000", "074941.687000", "074941.687000", "074941.687000", "074946.687000", "074946.687000", "074946.687000", "074946.703000", "074951.687000", "074951.703000", "074951.703000", "074956.687000", "074956.687000", "074956.703000", "074956.703000", "075001.687000", "075001.687000", "075001.703000", "075001.703000", "075006.687000", "075006.687000", "075006.687000", "075006.687000", "075011.687000", "075011.687000", "075011.687000", "075011.687000", "075016.687000", "075016.687000", "075016.703000", "075021.687000", "075021.687000", "075021.687000", "075021.687000", "075026.687000", "075026.687000", "075026.687000", "075026.687000", "075031.703000", "075031.703000", "075031.703000", "075031.703000", "075036.687000", "075036.687000", "075036.687000", "075041.687000", "075041.687000", "075041.687000", "075041.703000", "075046.687000", "075046.687000", "075046.687000", "075046.703000", "075051.687000", "075051.687000", "075051.687000", "075051.687000", "075056.687000", "075056.687000", "075056.687000", "075056.687000", "075101.687000", "075101.687000", "075101.687000", "075106.687000", "075106.687000", "075106.687000", "075106.687000", "075111.687000", "075111.687000", "075111.687000", "075111.687000", "075116.687000", "075116.687000", "075116.687000", "075116.687000", "075121.687000", "075121.703000", "075121.703000", "075126.687000", "075126.687000", "075126.703000", "075126.703000", "075131.687000", "075131.687000", "075131.703000", "075131.703000", "075136.687000", "075136.687000", "075136.687000", "075141.687000", "075141.687000", "075141.687000", "075141.687000", "075141.703000", "075146.687000", "075146.687000", "075146.687000", "075151.687000", "075151.687000", "075151.703000", "075151.703000", "075156.687000", "075156.687000", "075156.687000", "075156.687000", "075201.687000", "075201.687000", "075201.703000", "075201.703000", "075206.687000", "075206.687000", "075206.687000", "075206.687000", "075211.687000", "075211.687000", "075211.687000", "075216.687000", "075216.687000", "075216.687000", "075216.687000", "075221.687000", "075221.687000", "075221.687000", "075221.703000", "075226.687000", "075226.687000", "075226.687000", "075231.687000", "075231.687000", "075231.687000", "075231.687000", "075236.687000", "075236.687000", "075236.687000", "075241.687000", "075241.687000", "075241.687000", "075241.687000", "075241.703000", "075246.687000", "075246.687000", "075246.687000", "075251.687000", "075251.687000", "075251.687000", "075251.687000", "075256.687000", "075256.687000", "075256.687000", "075256.687000", "075301.687000", "075301.703000", "075301.703000", "075306.687000", "075306.687000", "075306.687000", "075306.687000", "075311.687000", "075311.687000", "075311.687000", "075311.687000", "075316.687000", "075316.687000", "075316.687000", "075316.687000", "075321.687000", "075321.687000", "075321.687000", "075326.687000", "075326.687000", "075326.703000", "075326.703000", "075331.687000", "075331.687000", "075331.687000", "075331.687000", "075336.687000", "075336.687000", "075336.687000", "075336.687000", "075341.687000", "075341.781000", "075341.781000", "075346.687000", "075346.687000", "075346.703000", "075346.703000", "075351.687000", "075351.687000", "075351.687000", "075351.687000", "075356.687000", "075356.687000", "075356.703000", "075356.703000", "075401.687000", "075401.687000", "075401.687000", "075406.687000", "075406.687000", "075406.687000", "075406.687000", "075411.687000", "075411.687000", "075411.687000", "075411.687000", "075416.687000", "075416.687000", "075416.687000", "075421.687000", "075421.718000", "075421.718000", "075421.718000", "075426.687000", "075426.703000", "075426.703000", "075426.703000", "075431.687000", "075431.687000", "075431.703000", "075431.703000", "075436.687000", "075436.687000", "075436.687000", "075436.687000", "075441.687000", "075441.687000", "075441.687000", "075446.687000", "075446.687000", "075446.687000", "075446.687000", "075451.687000", "075451.687000", "075451.687000", "075451.703000", "075456.687000", "075456.703000", "075456.703000", "075501.687000", "075501.687000", "075501.687000", "075501.687000", "075501.703000", "075506.687000", "075506.687000", "075506.703000", "075511.687000", "075511.687000", "075511.703000", "075511.703000", "075516.687000", "075516.687000", "075516.687000", "075516.703000", "075521.687000", "075521.687000", "075521.687000", "075521.687000", "075526.687000", "075526.703000", "075526.703000", "075531.687000", "075531.687000", "075531.687000", "075531.687000", "075536.687000", "075536.687000", "075536.687000", "075536.687000", "075541.687000", "075541.687000", "075541.703000", "075546.687000", "075546.687000", "075546.687000", "075546.687000", "075546.703000", "075551.687000", "075551.703000", "075551.703000", "075551.703000", "075556.687000", "075556.687000", "075556.703000", "075601.687000", "075601.687000", "075601.687000", "075601.687000", "075606.687000", "075606.687000", "075606.687000", "075606.687000", "075606.703000", "075611.687000", "075611.687000", "075611.687000", "075616.687000", "075616.687000", "075616.687000", "075616.687000", "075616.703000", "075621.687000", "075621.687000", "075621.703000", "075626.687000", "075626.687000", "075626.687000", "075626.687000", "075631.687000", "075631.687000", "075631.687000", "075631.703000", "075631.703000", "075636.687000", "075636.687000", "075636.687000", "075636.687000", "075641.687000", "075641.687000", "075641.687000", "075641.703000", "075646.687000", "075646.687000", "075646.703000", "075646.703000", "075651.687000", "075651.687000", "075651.703000", "075651.703000", "075656.687000", "075656.687000", "075656.687000", "075656.687000", "075701.687000", "075701.687000", "075701.687000", "075701.687000", "075706.687000", "075706.687000", "075706.703000", "075706.703000", "075711.687000", "075711.687000", "075711.703000", "075711.703000", "075716.687000", "075716.687000", "075716.703000", "075716.703000", "075721.687000", "075721.703000", "075721.703000", "075721.703000", "075726.687000", "075726.703000", "075726.703000", "075726.703000", "075727.062000"], "InstanceCreationTime": ["074601.187000", "074606.687000", "074606.703000", "074606.703000", "074606.703000", "074611.687000", "074611.687000", "074611.687000", "074611.687000", "074616.687000", "074616.687000", "074616.687000", "074621.687000", "074621.687000", "074621.687000", "074621.687000", "074626.687000", "074626.687000", "074626.703000", "074631.687000", "074631.687000", "074631.687000", "074631.703000", "074636.687000", "074636.687000", "074636.687000", "074636.687000", "074641.687000", "074641.687000", "074641.687000", "074646.687000", "074646.687000", "074646.687000", "074646.687000", "074651.687000", "074651.687000", "074651.687000", "074651.687000", "074656.687000", "074656.687000", "074656.687000", "074656.687000", "074701.687000", "074701.687000", "074701.687000", "074711.687000", "074711.687000", "074711.687000", "074711.687000", "074711.703000", "074711.703000", "074711.703000", "074711.703000", "074716.687000", "074716.687000", "074716.687000", "074721.687000", "074721.687000", "074721.687000", "074721.687000", "074726.687000", "074726.687000", "074726.687000", "074731.687000", "074731.703000", "074731.703000", "074731.703000", "074736.687000", "074736.687000", "074736.687000", "074736.687000", "074741.687000", "074741.687000", "074741.703000", "074746.687000", "074746.687000", "074746.687000", "074746.703000", "074751.687000", "074751.687000", "074751.687000", "074756.687000", "074756.687000", "074756.687000", "074756.703000", "074801.687000", "074801.687000", "074801.703000", "074801.703000", "074806.687000", "074806.687000", "074806.687000", "074806.703000", "074811.687000", "074811.687000", "074811.687000", "074816.687000", "074816.703000", "074816.703000", "074816.703000", "074821.687000", "074821.703000", "074821.703000", "074821.703000", "074826.687000", "074826.687000", "074826.687000", "074826.687000", "074831.687000", "074831.687000", "074831.687000", "074836.687000", "074836.687000", "074836.687000", "074836.687000", "074841.687000", "074841.687000", "074841.703000", "074846.687000", "074846.687000", "074846.703000", "074846.703000", "074851.687000", "074851.687000", "074851.687000", "074851.687000", "074856.687000", "074856.703000", "074856.703000", "074901.687000", "074901.687000", "074901.687000", "074901.687000", "074906.687000", "074906.687000", "074906.687000", "074911.687000", "074911.687000", "074911.687000", "074911.687000", "074916.687000", "074916.687000", "074916.687000", "074916.687000", "074921.687000", "074921.687000", "074921.703000", "074921.703000", "074926.687000", "074926.687000", "074926.703000", "074931.687000", "074931.687000", "074931.687000", "074931.687000", "074936.687000", "074936.687000", "074936.687000", "074936.687000", "074941.687000", "074941.687000", "074941.687000", "074946.687000", "074946.687000", "074946.687000", "074946.703000", "074951.687000", "074951.703000", "074951.703000", "074956.687000", "074956.687000", "074956.703000", "074956.703000", "075001.687000", "075001.687000", "075001.703000", "075001.703000", "075006.687000", "075006.687000", "075006.687000", "075006.687000", "075011.687000", "075011.687000", "075011.687000", "075011.687000", "075016.687000", "075016.687000", "075016.703000", "075021.687000", "075021.687000", "075021.687000", "075021.687000", "075026.687000", "075026.687000", "075026.687000", "075026.687000", "075031.703000", "075031.703000", "075031.703000", "075031.703000", "075036.687000", "075036.687000", "075036.687000", "075041.687000", "075041.687000", "075041.687000", "075041.703000", "075046.687000", "075046.687000", "075046.687000", "075046.703000", "075051.687000", "075051.687000", "075051.687000", "075051.687000", "075056.687000", "075056.687000", "075056.687000", "075056.687000", "075101.687000", "075101.687000", "075101.687000", "075106.687000", "075106.687000", "075106.687000", "075106.687000", "075111.687000", "075111.687000", "075111.687000", "075111.687000", "075116.687000", "075116.687000", "075116.687000", "075116.687000", "075121.687000", "075121.703000", "075121.703000", "075126.687000", "075126.687000", "075126.703000", "075126.703000", "075131.687000", "075131.687000", "075131.703000", "075131.703000", "075136.687000", "075136.687000", "075136.687000", "075141.687000", "075141.687000", "075141.687000", "075141.687000", "075141.703000", "075146.687000", "075146.687000", "075146.687000", "075151.687000", "075151.687000", "075151.703000", "075151.703000", "075156.687000", "075156.687000", "075156.687000", "075156.687000", "075201.687000", "075201.687000", "075201.703000", "075201.703000", "075206.687000", "075206.687000", "075206.687000", "075206.687000", "075211.687000", "075211.687000", "075211.687000", "075216.687000", "075216.687000", "075216.687000", "075216.687000", "075221.687000", "075221.687000", "075221.687000", "075221.703000", "075226.687000", "075226.687000", "075226.687000", "075231.687000", "075231.687000", "075231.687000", "075231.687000", "075236.687000", "075236.687000", "075236.687000", "075241.687000", "075241.687000", "075241.687000", "075241.687000", "075241.703000", "075246.687000", "075246.687000", "075246.687000", "075251.687000", "075251.687000", "075251.687000", "075251.687000", "075256.687000", "075256.687000", "075256.687000", "075256.687000", "075301.687000", "075301.703000", "075301.703000", "075306.687000", "075306.687000", "075306.687000", "075306.687000", "075311.687000", "075311.687000", "075311.687000", "075311.687000", "075316.687000", "075316.687000", "075316.687000", "075316.687000", "075321.687000", "075321.687000", "075321.687000", "075326.687000", "075326.687000", "075326.703000", "075326.703000", "075331.687000", "075331.687000", "075331.687000", "075331.687000", "075336.687000", "075336.687000", "075336.687000", "075336.687000", "075341.687000", "075341.781000", "075341.781000", "075346.687000", "075346.687000", "075346.703000", "075346.703000", "075351.687000", "075351.687000", "075351.687000", "075351.687000", "075356.687000", "075356.687000", "075356.703000", "075356.703000", "075401.687000", "075401.687000", "075401.687000", "075406.687000", "075406.687000", "075406.687000", "075406.687000", "075411.687000", "075411.687000", "075411.687000", "075411.687000", "075416.687000", "075416.687000", "075416.687000", "075421.687000", "075421.718000", "075421.718000", "075421.718000", "075426.687000", "075426.703000", "075426.703000", "075426.703000", "075431.687000", "075431.687000", "075431.703000", "075431.703000", "075436.687000", "075436.687000", "075436.687000", "075436.687000", "075441.687000", "075441.687000", "075441.687000", "075446.687000", "075446.687000", "075446.687000", "075446.687000", "075451.687000", "075451.687000", "075451.687000", "075451.703000", "075456.687000", "075456.703000", "075456.703000", "075501.687000", "075501.687000", "075501.687000", "075501.687000", "075501.703000", "075506.687000", "075506.687000", "075506.703000", "075511.687000", "075511.687000", "075511.703000", "075511.703000", "075516.687000", "075516.687000", "075516.687000", "075516.703000", "075521.687000", "075521.687000", "075521.687000", "075521.687000", "075526.687000", "075526.703000", "075526.703000", "075531.687000", "075531.687000", "075531.687000", "075531.687000", "075536.687000", "075536.687000", "075536.687000", "075536.687000", "075541.687000", "075541.687000", "075541.703000", "075546.687000", "075546.687000", "075546.687000", "075546.687000", "075546.703000", "075551.687000", "075551.703000", "075551.703000", "075551.703000", "075556.687000", "075556.687000", "075556.703000", "075601.687000", "075601.687000", "075601.687000", "075601.687000", "075606.687000", "075606.687000", "075606.687000", "075606.687000", "075606.703000", "075611.687000", "075611.687000", "075611.687000", "075616.687000", "075616.687000", "075616.687000", "075616.687000", "075616.703000", "075621.687000", "075621.687000", "075621.703000", "075626.687000", "075626.687000", "075626.687000", "075626.687000", "075631.687000", "075631.687000", "075631.687000", "075631.703000", "075631.703000", "075636.687000", "075636.687000", "075636.687000", "075636.687000", "075641.687000", "075641.687000", "075641.687000", "075641.703000", "075646.687000", "075646.687000", "075646.703000", "075646.703000", "075651.687000", "075651.687000", "075651.703000", "075651.703000", "075656.687000", "075656.687000", "075656.687000", "075656.687000", "075701.687000", "075701.687000", "075701.687000", "075701.687000", "075706.687000", "075706.687000", "075706.703000", "075706.703000", "075711.687000", "075711.687000", "075711.703000", "075711.703000", "075716.687000", "075716.687000", "075716.703000", "075716.703000", "075721.687000", "075721.703000", "075721.703000", "075721.703000", "075726.687000", "075726.703000", "075726.703000", "075726.703000", "075727.062000"], "InstanceNumber": [1, 2, 3, 4, 5, 6, 7, 8, 9, 10, 11, 12, 13, 14, 15, 16, 17, 18, 19, 20, 21, 22, 23, 24, 25, 26, 27, 28, 29, 30, 31, 32, 33, 34, 35, 36, 37, 38, 39, 40, 41, 42, 43, 44, 45, 46, 47, 48, 49, 50, 51, 52, 53, 54, 55, 56, 57, 58, 59, 60, 61, 62, 63, 64, 65, 66, 67, 68, 69, 70, 71, 72, 73, 74, 75, 76, 77, 78, 79, 80, 81, 82, 83, 84, 85, 86, 87, 88, 89, 90, 91, 92, 93, 94, 95, 96, 97, 98, 99, 100, 101, 102, 103, 104, 105, 106, 107, 108, 109, 110, 111, 112, 113, 114, 115, 116, 117, 118, 119, 120, 121, 122, 123, 124, 125, 126, 127, 128, 129, 130, 131, 132, 133, 134, 135, 136, 137, 138, 139, 140, 141, 142, 143, 144, 145, 146, 147, 148, 149, 150, 151, 152, 153, 154, 155, 156, 157, 158, 159, 160, 161, 162, 163, 164, 165, 166, 167, 168, 169, 170, 171, 172, 173, 174, 175, 176, 177, 178, 179, 180, 181, 182, 183, 184, 185, 186, 187, 188, 189, 190, 191, 192, 193, 194, 195, 196, 197, 198, 199, 200, 201, 202, 203, 204, 205, 206, 207, 208, 209, 210, 211, 212, 213, 214, 215, 216, 217, 218, 219, 220, 221, 222, 223, 224, 225, 226, 227, 228, 229, 230, 231, 232, 233, 234, 235, 236, 237, 238, 239, 240, 241, 242, 243, 244, 245, 246, 247, 248, 249, 250, 251, 252, 253, 254, 255, 256, 257, 258, 259, 260, 261, 262, 263, 264, 265, 266, 267, 268, 269, 270, 271, 272, 273, 274, 275, 276, 277, 278, 279, 280, 281, 282, 283, 284, 285, 286, 287, 288, 289, 290, 291, 292, 293, 294, 295, 296, 297, 298, 299, 300, 301, 302, 303, 304, 305, 306, 307, 308, 309, 310, 311, 312, 313, 314, 315, 316, 317, 318, 319, 320, 321, 322, 323, 324, 325, 326, 327, 328, 329, 330, 331, 332, 333, 334, 335, 336, 337, 338, 339, 340, 341, 342, 343, 344, 345, 346, 347, 348, 349, 350, 351, 352, 353, 354, 355, 356, 357, 358, 359, 360, 361, 362, 363, 364, 365, 366, 367, 368, 369, 370, 371, 372, 373, 374, 375, 376, 377, 378, 379, 380, 381, 382, 383, 384, 385, 386, 387, 388, 389, 390, 391, 392, 393, 394, 395, 396, 397, 398, 399, 400, 401, 402, 403, 404, 405, 406, 407, 408, 409, 410, 411, 412, 413, 414, 415, 416, 417, 418, 419, 420, 421, 422, 423, 424, 425, 426, 427, 428, 429, 430, 431, 432, 433, 434, 435, 436, 437, 438, 439, 440, 441, 442, 443, 444, 445, 446, 447, 448, 449, 450, 451, 452, 453, 454, 455, 456, 457, 458, 459, 460, 461, 462, 463, 464, 465, 466, 467, 468, 469, 470, 471, 472, 473, 474, 475, 476, 477, 478, 479, 480, 481, 482, 483, 484, 485, 486, 487, 488, 489, 490, 491, 492, 493, 494, 495, 496, 497, 498, 499, 500, 501, 502, 503, 504, 505, 506, 507, 508, 509, 510, 511, 512, 513, 514, 515, 516, 517, 518], "LargestImagePixelValue": [24303, 23961, 24064, 24085, 24015, 23939, 23683, 23719, 27385, 23707, 23914, 27587, 25206, 24554, 25692, 23898, 23846, 25150, 23567, 23618, 25522, 25129, 25049, 26712, 23321, 26672, 25376, 24730, 23160, 24182, 23423, 23244, 23183, 24456, 23626, 27293, 25952, 23761, 25895, 25148, 25541, 23798, 23483, 24926, 23475, 26204, 23797, 23477, 25688, 23495, 23636, 25733, 24555, 26497, 23849, 23448, 23252, 23538, 26082, 24883, 23503, 25049, 23395, 24666, 23352, 23606, 23965, 23370, 25660, 24699, 25270, 23801, 26157, 24011, 23426, 25181, 23443, 26632, 23660, 23410, 25882, 23393, 25522, 23601, 23393, 24348, 23373, 26317, 23584, 23495, 25222, 23218, 23451, 26868, 26512, 23409, 23388, 25082, 26043, 23788, 23591, 26139, 25426, 23130, 23596, 25787, 24023, 23707, 24180, 23442, 23543, 23525, 25409, 24060, 23353, 26461, 23350, 23338, 24861, 23672, 24820, 23368, 24439, 23649, 23459, 23130, 26852, 23206, 25250, 23859, 23440, 24315, 24619, 23199, 23252, 23456, 23426, 25834, 23485, 23423, 23132, 23219, 23353, 25909, 23350, 23360, 23153, 23378, 26644, 23420, 27307, 26216, 23403, 23464, 26064, 23284, 23353, 23348, 24649, 23358, 26862, 23489, 23398, 27375, 24891, 23086, 23255, 24142, 24320, 23225, 24244, 26808, 24196, 23369, 25668, 23831, 23882, 23530, 23580, 23325, 25529, 23235, 23257, 25617, 23526, 23486, 26436, 26182, 24267, 23358, 26306, 24197, 25600, 26903, 23675, 23541, 23364, 23665, 23479, 23756, 24983, 24966, 23417, 26366, 23901, 23713, 24980, 26978, 24131, 24551, 23849, 27290, 26266, 23407, 27444, 25179, 23505, 27873, 23433, 23435, 25857, 23363, 26863, 23754, 25876, 26787, 23445, 27017, 23956, 27539, 23191, 23340, 23181, 25663, 27335, 23197, 27015, 23976, 23217, 25459, 23361, 27030, 23623, 25491, 27548, 23258, 23673, 23334, 23406, 23502, 27516, 23706, 23804, 23608, 26840, 25842, 23581, 23692, 23620, 27435, 26372, 24937, 23757, 27394, 23731, 23825, 23581, 24189, 23430, 24049, 25136, 26414, 23505, 23801, 23645, 26206, 24706, 23752, 23760, 23618, 23560, 23643, 26695, 25859, 23683, 28063, 23493, 23485, 23557, 23776, 27970, 23517, 25071, 27534, 25158, 24454, 27435, 23602, 23668, 23472, 26172, 23497, 27837, 23433, 23538, 24734, 24419, 23593, 25582, 26633, 23685, 28141, 23365, 23804, 27548, 24222, 26081, 23710, 23795, 26046, 23642, 27450, 25287, 23984, 23940, 27809, 23880, 23907, 27866, 24240, 26951, 28527, 25459, 26376, 23846, 26407, 23724, 25857, 23617, 23434, 23238, 23088, 25202, 23581, 24464, 27235, 23335, 28844, 23471, 26159, 26067, 23546, 26622, 24049, 23490, 23547, 26728, 23860, 23332, 26690, 27766, 24271, 25497, 23928, 23174, 26056, 26350, 23507, 25798, 26807, 23472, 25719, 23638, 24929, 24082, 25111, 24369, 23773, 27718, 23683, 23894, 23831, 27050, 23528, 25694, 24109, 27255, 23613, 25087, 24401, 23596, 24487, 24625, 23639, 27883, 23507, 23908, 26997, 23733, 26682, 23707, 27186, 26379, 23698, 26877, 23765, 23649, 23780, 26105, 23805, 27614, 29445, 25377, 25976, 24121, 26630, 23643, 26122, 23779, 26209, 23869, 24379, 23621, 28315, 23720, 23532, 25243, 26804, 23762, 28388, 23699, 24219, 27764, 23939, 25582, 23999, 27375, 25543, 24036, 23782, 27475, 24162, 26045, 23992, 23896, 23757, 25637, 23951, 28243, 26402, 23836, 24158, 27189, 24155, 28383, 25947, 24105, 24050, 25919, 25383, 26535, 25279, 23881, 23699, 26448, 25520, 24671, 23966, 23964, 26109, 23873, 27864, 23974, 24408, 23890, 23861, 24105, 25608, 23972, 26937, 25871, 23951, 24339, 23611, 25218, 26718, 23843, 23770, 27496, 25204, 27038, 24041, 24481, 27676, 23941, 27590, 23795, 24156, 26810, 25275, 25384, 26298, 24214, 26824, 24078, 26657, 23783, 27409, 23960, 25710, 23965, 24206, 26640, 23974, 28851, 23901, 27219, 23922], "WindowCenter": [9784.0, 9790.0, 9781.0, 9788.0, 9804.0, 9808.0, 9806.0, 9785.0, 9800.0, 9774.0, 9783.0, 9812.0, 9794.0, 9797.0, 9800.0, 9773.0, 9791.0, 9812.0, 9786.0, 9779.0, 9794.0, 9792.0, 9815.0, 9847.0, 9815.0, 9834.0, 9795.0, 9776.0, 9762.0, 9759.0, 9780.0, 9794.0, 9807.0, 9814.0, 9811.0, 9829.0, 9812.0, 9805.0, 9803.0, 9786.0, 9783.0, 9774.0, 9763.0, 9785.0, 9756.0, 9773.0, 9772.0, 9780.0, 9795.0, 9779.0, 9770.0, 9796.0, 9775.0, 9803.0, 9776.0, 9778.0, 9771.0, 9786.0, 9774.0, 9793.0, 9780.0, 9773.0, 9772.0, 9771.0, 9772.0, 9767.0, 9796.0, 9799.0, 9804.0, 9794.0, 9782.0, 9771.0, 9786.0, 9774.0, 9775.0, 9775.0, 9766.0, 9787.0, 9771.0, 9770.0, 9796.0, 9768.0, 9771.0, 9786.0, 9774.0, 9796.0, 9779.0, 9791.0, 9775.0, 9781.0, 9803.0, 9789.0, 9777.0, 9794.0, 9803.0, 9783.0, 9770.0, 9786.0, 9784.0, 9769.0, 9764.0, 9787.0, 9784.0, 9769.0, 9779.0, 9801.0, 9777.0, 9765.0, 9768.0, 9754.0, 9752.0, 9762.0, 9777.0, 9771.0, 9760.0, 9772.0, 9749.0, 9759.0, 9777.0, 9758.0, 9774.0, 9757.0, 9745.0, 9754.0, 9761.0, 9758.0, 9773.0, 9758.0, 9750.0, 9738.0, 9752.0, 9762.0, 9754.0, 9735.0, 9753.0, 9757.0, 9754.0, 9774.0, 9785.0, 9762.0, 9763.0, 9775.0, 9753.0, 9760.0, 9772.0, 9789.0, 9794.0, 9783.0, 9784.0, 9774.0, 9767.0, 9792.0, 9768.0, 9757.0, 9774.0, 9764.0, 9752.0, 9757.0, 9772.0, 9772.0, 9780.0, 9762.0, 9768.0, 9780.0, 9759.0, 9769.0, 9758.0, 9762.0, 9765.0, 9750.0, 9763.0, 9768.0, 9752.0, 9756.0, 9756.0, 9742.0, 9747.0, 9755.0, 9764.0, 9772.0, 9762.0, 9744.0, 9750.0, 9768.0, 9759.0, 9757.0, 9772.0, 9764.0, 9749.0, 9765.0, 9774.0, 9759.0, 9754.0, 9780.0, 9758.0, 9765.0, 9750.0, 9766.0, 9744.0, 9754.0, 9770.0, 9777.0, 9769.0, 9789.0, 9756.0, 9750.0, 9754.0, 9759.0, 9755.0, 9753.0, 9746.0, 9741.0, 9734.0, 9719.0, 9740.0, 9753.0, 9749.0, 9755.0, 9722.0, 9724.0, 9756.0, 9752.0, 9759.0, 9738.0, 9751.0, 9766.0, 9753.0, 9765.0, 9749.0, 9763.0, 9727.0, 9738.0, 9756.0, 9773.0, 9773.0, 9737.0, 9760.0, 9737.0, 9739.0, 9759.0, 9745.0, 9765.0, 9736.0, 9751.0, 9752.0, 9742.0, 9720.0, 9740.0, 9737.0, 9734.0, 9748.0, 9748.0, 9732.0, 9722.0, 9745.0, 9742.0, 9742.0, 9732.0, 9732.0, 9754.0, 9753.0, 9735.0, 9720.0, 9741.0, 9732.0, 9715.0, 9721.0, 9736.0, 9739.0, 9734.0, 9748.0, 9758.0, 9755.0, 9740.0, 9736.0, 9745.0, 9737.0, 9717.0, 9739.0, 9751.0, 9741.0, 9748.0, 9760.0, 9766.0, 9761.0, 9758.0, 9745.0, 9741.0, 9751.0, 9750.0, 9776.0, 9738.0, 9740.0, 9746.0, 9737.0, 9744.0, 9753.0, 9715.0, 9733.0, 9727.0, 9744.0, 9731.0, 9735.0, 9733.0, 9730.0, 9730.0, 9739.0, 9709.0, 9741.0, 9740.0, 9726.0, 9745.0, 9724.0, 9722.0, 9740.0, 9730.0, 9740.0, 9725.0, 9717.0, 9740.0, 9736.0, 9749.0, 9750.0, 9754.0, 9742.0, 9763.0, 9757.0, 9736.0, 9762.0, 9753.0, 9752.0, 9820.0, 9787.0, 9761.0, 9729.0, 9748.0, 9710.0, 9729.0, 9720.0, 9729.0, 9738.0, 9741.0, 9739.0, 9756.0, 9744.0, 9742.0, 9744.0, 9772.0, 9750.0, 9753.0, 9742.0, 9733.0, 9745.0, 9727.0, 9713.0, 9722.0, 9747.0, 9738.0, 9727.0, 9739.0, 9744.0, 9723.0, 9749.0, 9731.0, 9719.0, 9748.0, 9739.0, 9729.0, 9742.0, 9738.0, 9729.0, 9741.0, 9749.0, 9759.0, 9735.0, 9735.0, 9739.0, 9719.0, 9730.0, 9715.0, 9732.0, 9726.0, 9750.0, 9718.0, 9731.0, 9729.0, 9725.0, 9710.0, 9712.0, 9731.0, 9712.0, 9714.0, 9723.0, 9721.0, 9740.0, 9718.0, 9719.0, 9753.0, 9713.0, 9753.0, 9727.0, 9725.0, 9708.0, 9712.0, 9714.0, 9714.0, 9715.0, 9717.0, 9743.0, 9748.0, 9761.0, 9750.0, 9714.0, 9724.0, 9711.0, 9748.0, 9710.0, 9739.0, 9723.0, 9733.0, 9711.0, 9711.0, 9706.0, 9722.0, 9698.0, 9708.0, 9713.0, 9740.0, 9723.0, 9735.0, 9695.0, 9710.0, 9733.0, 9706.0, 9715.0, 9689.0, 9736.0, 9713.0, 9718.0, 9718.0, 9721.0, 9717.0, 9727.0, 9701.0, 9713.0, 9718.0, 9725.0, 9722.0, 9732.0, 9730.0, 9717.0, 9726.0, 9720.0, 9721.0, 9720.0, 9731.0, 9716.0, 9706.0, 9716.0, 9720.0, 9716.0, 9724.0, 9708.0, 9723.0, 9736.0, 9738.0, 9716.0, 9702.0, 9720.0, 9723.0, 9714.0, 9741.0, 9709.0, 9712.0, 9711.0, 9715.0, 9713.0, 9717.0, 9701.0, 9724.0, 9721.0, 9730.0, 9718.0, 9710.0, 9711.0, 9710.0, 9714.0, 9722.0, 9732.0, 9713.0, 9731.0, 9703.0, 9710.0, 9730.0, 9721.0, 9726.0, 9712.0, 9715.0, 9719.0, 9723.0, 9731.0, 9718.0, 9697.0, 9731.0, 9689.0, 9727.0, 9703.0, 9710.0, 9703.0, 9701.0, 9697.0, 9715.0, 9731.0, 9710.0, 9736.0, 9723.0, 9711.0, 9702.0], "WindowWidth": [20710.0, 20714.0, 20694.0, 20709.0, 20745.0, 20752.0, 20746.0, 20705.0, 20729.0, 20682.0, 20700.0, 20758.0, 20722.0, 20722.0, 20730.0, 20679.0, 20716.0, 20755.0, 20706.0, 20694.0, 20721.0, 20715.0, 20773.0, 20841.0, 20772.0, 20806.0, 20721.0, 20677.0, 20653.0, 20657.0, 20690.0, 20720.0, 20753.0, 20767.0, 20765.0, 20797.0, 20762.0, 20745.0, 20739.0, 20702.0, 20698.0, 20679.0, 20653.0, 20695.0, 20641.0, 20671.0, 20670.0, 20689.0, 20717.0, 20692.0, 20675.0, 20719.0, 20680.0, 20733.0, 20681.0, 20686.0, 20673.0, 20699.0, 20681.0, 20723.0, 20695.0, 20679.0, 20675.0, 20671.0, 20673.0, 20668.0, 20728.0, 20735.0, 20741.0, 20719.0, 20695.0, 20676.0, 20704.0, 20681.0, 20679.0, 20679.0, 20660.0, 20702.0, 20675.0, 20670.0, 20716.0, 20663.0, 20670.0, 20700.0, 20677.0, 20719.0, 20692.0, 20715.0, 20685.0, 20692.0, 20736.0, 20711.0, 20686.0, 20719.0, 20734.0, 20694.0, 20669.0, 20699.0, 20693.0, 20667.0, 20657.0, 20698.0, 20694.0, 20671.0, 20687.0, 20733.0, 20686.0, 20658.0, 20660.0, 20634.0, 20629.0, 20652.0, 20681.0, 20670.0, 20647.0, 20668.0, 20624.0, 20642.0, 20681.0, 20645.0, 20672.0, 20639.0, 20617.0, 20635.0, 20648.0, 20640.0, 20667.0, 20636.0, 20621.0, 20598.0, 20624.0, 20649.0, 20633.0, 20594.0, 20629.0, 20638.0, 20632.0, 20671.0, 20700.0, 20656.0, 20654.0, 20676.0, 20637.0, 20648.0, 20672.0, 20710.0, 20718.0, 20696.0, 20695.0, 20674.0, 20662.0, 20705.0, 20661.0, 20637.0, 20671.0, 20651.0, 20629.0, 20644.0, 20672.0, 20670.0, 20683.0, 20646.0, 20655.0, 20680.0, 20642.0, 20660.0, 20641.0, 20649.0, 20651.0, 20622.0, 20650.0, 20660.0, 20628.0, 20632.0, 20631.0, 20603.0, 20616.0, 20631.0, 20649.0, 20669.0, 20647.0, 20607.0, 20621.0, 20655.0, 20635.0, 20635.0, 20667.0, 20656.0, 20626.0, 20651.0, 20667.0, 20638.0, 20628.0, 20679.0, 20645.0, 20650.0, 20620.0, 20650.0, 20610.0, 20632.0, 20663.0, 20679.0, 20665.0, 20702.0, 20637.0, 20625.0, 20632.0, 20637.0, 20631.0, 20625.0, 20609.0, 20596.0, 20586.0, 20557.0, 20594.0, 20617.0, 20610.0, 20623.0, 20566.0, 20572.0, 20627.0, 20621.0, 20635.0, 20593.0, 20622.0, 20650.0, 20623.0, 20647.0, 20615.0, 20638.0, 20576.0, 20598.0, 20629.0, 20660.0, 20659.0, 20589.0, 20633.0, 20594.0, 20594.0, 20634.0, 20610.0, 20645.0, 20592.0, 20620.0, 20617.0, 20594.0, 20557.0, 20593.0, 20588.0, 20590.0, 20613.0, 20612.0, 20578.0, 20557.0, 20600.0, 20598.0, 20602.0, 20588.0, 20587.0, 20624.0, 20621.0, 20581.0, 20552.0, 20591.0, 20573.0, 20547.0, 20556.0, 20588.0, 20593.0, 20582.0, 20611.0, 20630.0, 20624.0, 20596.0, 20586.0, 20601.0, 20590.0, 20548.0, 20595.0, 20619.0, 20600.0, 20614.0, 20635.0, 20645.0, 20636.0, 20632.0, 20608.0, 20604.0, 20620.0, 20620.0, 20666.0, 20592.0, 20596.0, 20606.0, 20587.0, 20598.0, 20612.0, 20545.0, 20577.0, 20568.0, 20601.0, 20576.0, 20585.0, 20576.0, 20572.0, 20576.0, 20594.0, 20540.0, 20595.0, 20591.0, 20565.0, 20596.0, 20560.0, 20556.0, 20588.0, 20570.0, 20590.0, 20565.0, 20548.0, 20592.0, 20585.0, 20613.0, 20616.0, 20623.0, 20605.0, 20643.0, 20631.0, 20591.0, 20635.0, 20624.0, 20640.0, 20781.0, 20694.0, 20635.0, 20573.0, 20604.0, 20531.0, 20567.0, 20556.0, 20568.0, 20595.0, 20602.0, 20596.0, 20627.0, 20606.0, 20597.0, 20604.0, 20654.0, 20613.0, 20622.0, 20601.0, 20579.0, 20601.0, 20564.0, 20540.0, 20558.0, 20613.0, 20594.0, 20571.0, 20592.0, 20598.0, 20556.0, 20608.0, 20580.0, 20553.0, 20607.0, 20590.0, 20569.0, 20593.0, 20590.0, 20575.0, 20599.0, 20614.0, 20637.0, 20588.0, 20586.0, 20593.0, 20556.0, 20575.0, 20545.0, 20575.0, 20567.0, 20614.0, 20551.0, 20577.0, 20567.0, 20558.0, 20530.0, 20533.0, 20566.0, 20539.0, 20541.0, 20558.0, 20551.0, 20587.0, 20550.0, 20552.0, 20615.0, 20541.0, 20615.0, 20564.0, 20562.0, 20529.0, 20533.0, 20537.0, 20537.0, 20539.0, 20548.0, 20601.0, 20610.0, 20635.0, 20610.0, 20539.0, 20556.0, 20532.0, 20598.0, 20529.0, 20582.0, 20552.0, 20573.0, 20532.0, 20529.0, 20519.0, 20549.0, 20505.0, 20527.0, 20536.0, 20588.0, 20559.0, 20582.0, 20504.0, 20531.0, 20571.0, 20520.0, 20536.0, 20486.0, 20575.0, 20535.0, 20543.0, 20544.0, 20549.0, 20540.0, 20561.0, 20515.0, 20535.0, 20546.0, 20562.0, 20555.0, 20575.0, 20572.0, 20545.0, 20559.0, 20548.0, 20548.0, 20547.0, 20571.0, 20543.0, 20522.0, 20539.0, 20545.0, 20540.0, 20558.0, 20527.0, 20554.0, 20577.0, 20579.0, 20542.0, 20517.0, 20547.0, 20556.0, 20539.0, 20585.0, 20527.0, 20533.0, 20531.0, 20539.0, 20534.0, 20540.0, 20511.0, 20555.0, 20550.0, 20567.0, 20545.0, 20526.0, 20530.0, 20529.0, 20535.0, 20551.0, 20569.0, 20532.0, 20564.0, 20516.0, 20525.0, 20562.0, 20549.0, 20558.0, 20534.0, 20538.0, 20546.0, 20554.0, 20568.0, 20543.0, 20503.0, 20566.0, 20489.0, 20553.0, 20510.0, 20521.0, 20508.0, 20504.0, 20500.0, 20538.0, 20567.0, 20528.0, 20573.0, 20548.0, 20526.0, 20509.0]}, "slices": {}}}