{"AcquisitionMatrixPE": 96, "AcquisitionNumber": 1, "AcquisitionTime": "07:59:53.817500", "BandwidthPerPixelPhaseEncode": 33.602, "BaseResolution": 96, "BodyPartExamined": "BRAIN", "ConsistencyInfo": "N4_VD11D_LATEST_20110129", "ConversionSoftware": "dcm2niix", "ConversionSoftwareVersion": "v1.0.20210317", "DerivedVendorReportedEchoSpacing": 0.000620003, "DeviceSerialNumber": "45239", "DwellTime": 2.6e-06, "EchoTime": 0.03, "EchoTrainLength": 48, "EffectiveEchoSpacing": 0.000310001, "FlipAngle": 63, "ImageComments": "Unaliased MB4/PE3", "ImageOrientationPatientDICOM": [0.999963, -0.00752277, 0.00406754, 0.00855202, 0.879616, -0.475607], "ImageType": ["ORIGINAL", "PRIMARY", "M", "ND", "NORM", "MOSAIC"], "ImagingFrequency": 123.193, "InPlanePhaseEncodingDirectionDICOM": "COL", "InstitutionAddress": "E 24th St. 100,Austin,Southmiddle,US,78712", "InstitutionName": "Univ of Texas at Austin", "InstitutionalDepartmentName": "IRC", "MRAcquisitionType": "2D", "MagneticFieldStrength": 3, "Manufacturer": "Siemens", "ManufacturersModelName": "Skyra", "Modality": "MR", "MultibandAccelerationFactor": 4, "ParallelReductionFactorInPlane": 2, "PartialFourier": 1, "PatientPosition": "HFS", "PercentPhaseFOV": 100, "PercentSampling": 100, "PhaseEncodingDirection": "j-", "PhaseEncodingSteps": 96, "PhaseResolution": 1, "PixelBandwidth": 2005, "ProcedureStepDescription": "Poldrack2^self-scanning", "ProtocolName": "N-back fMRI MBEPI_matrix96_BW200", "PulseSequenceDetails": "%CustomerSeq%\\cmrr_mbep2d_bold", "ReceiveCoilActiveElements": "HEA;HEP", "ReceiveCoilName": "Head_32", "ReconMatrixPE": 96, "RefLinesPE": 94, "RepetitionTime": 1.16, "SAR": 0.102183, "ScanOptions": "FS", "ScanningSequence": "EP", "SequenceName": "epfid2d1_96", "SequenceVariant": "SK", "SeriesDescription": "N-back fMRI MBEPI_matrix96_BW200", "SeriesNumber": 8, "ShimSetting": [-2800, 8040, -15469, 147, -221, 71, 260, -99], "SliceThickness": 2, "SliceTiming": [0, 0.5, 0.9975, 0.3575, 0.855, 0.215, 0.7125, 0.0725, 0.57, 1.07, 0.4275, 0.9275, 0.285, 0.785, 0.1425, 0.6425, 0, 0.5, 0.9975, 0.3575, 0.855, 0.215, 0.7125, 0.0725, 0.57, 1.07, 0.4275, 0.9275, 0.285, 0.785, 0.1425, 0.6425, 0, 0.5, 0.9975, 0.3575, 0.855, 0.215, 0.7125, 0.0725, 0.57, 1.07, 0.4275, 0.9275, 0.285, 0.785, 0.1425, 0.6425, 0, 0.5, 0.9975, 0.3575, 0.855, 0.215, 0.7125, 0.0725, 0.57, 1.07, 0.4275, 0.9275, 0.285, 0.785, 0.1425, 0.6425], "SoftwareVersions": "syngo MR D11", "SpacingBetweenSlices": 2.4, "StationName": "AWP45239", "TaskName": "N-back task", "TotalReadoutTime": 0.0294501, "TxRefAmp": 342.873, "WipMemBlock": "d814f44a-52ea-4699-ae4e-d054384e700d||Sequence: VD11D r206; Feb 13 2013 18:52:04 by eja", "dcmmeta_affine": [[-2.3957457542419434, 0.020489202812314034, -2.807952448335982e-08, 115.47528839111328], [0.018023312091827393, 2.1074142456054688, -1.14149808883667, -84.87846374511719], [0.00974513590335846, 1.139474630355835, 2.111156702041626, -84.77438354492188], [0.0, 0.0, 0.0, 1.0]], "dcmmeta_reorient_transform": [[0.0, -1.0, 0.0, 95.0], [1.0, 0.0, 0.0, 0.0], [0.0, 0.0, 1.0, 0.0], [0.0, 0.0, 0.0, 1.0]], "dcmmeta_shape": [96, 96, 64, 380], "dcmmeta_slice_dim": 2, "dcmmeta_version": 0.6, "global": {"const": {"AcquisitionMatrix": [96, 0, 0, 96], "AngioFlag": "N", "BitsAllocated": 16, "BitsStored": 16, "BodyPartExamined": "BRAIN", "Columns": 768, "EchoNumbers": 1, "EchoTime": 30.0, "EchoTrainLength": 48, "FlipAngle": 63.0, "HighBit": 15, "ImageOrientationPatient": [0.99996343084464, -0.007522774091, 0.0040675352968, 0.00855201575158, 0.87961641364278, -0.4756067996537], "ImagePositionPatient": [-929.27666709249, -817.36124464483, 403.06479656222], "ImageType": ["ORIGINAL", "PRIMARY", "M", "ND", "NORM", "MOSAIC"], "ImagedNucleus": "1H", "ImagingFrequency": 123.193257, "InPlanePhaseEncodingDirection": "COL", "MRAcquisitionType": "2D", "MagneticFieldStrength": 3.0, "Manufacturer": "SIEMENS", "ManufacturerModelName": "Skyra", "Modality": "MR", "NumberOfAverages": 1.0, "NumberOfPhaseEncodingSteps": 96, "PercentPhaseFieldOfView": 100.0, "PercentSampling": 100.0, "PerformedProcedureStepStartTime": "073011.656000", "PhotometricInterpretation": "MONOCHROME2", "PixelBandwidth": 2005.0, "PixelRepresentation": 0, "PixelSpacing": [2.3958332538605, 2.3958332538605], "ProtocolName": "N-back fMRI MBEPI_matrix96_BW200", "RepetitionTime": 1160.0, "Rows": 768, "SAR": 0.10218317185709, "SamplesPerPixel": 1, "ScanOptions": "FS", "ScanningSequence": "EP", "SequenceName": "epfid2d1_96", "SequenceVariant": "SK", "SeriesDescription": "N-back fMRI MBEPI_matrix96_BW200", "SeriesNumber": 8, "SeriesTime": "080032.031000", "SliceLocation": -34.2014164065, "SliceThickness": 2.0, "SmallestImagePixelValue": 0, "SoftwareVersions": "syngo MR D11", "SpacingBetweenSlices": 2.4000000593724, "SpecificCharacterSet": "ISO_IR 100", "StudyID": "1", "StudyTime": "073011.546000", "TransmitCoilName": "Body", "VariableFlipAngleFlag": "N", "WindowCenterWidthExplanation": "Algo1", "dBdt": 0.0}, "slices": {}}, "time": {"samples": {"AcquisitionNumber": [1, 2, 3, 4, 5, 6, 7, 8, 9, 10, 11, 12, 13, 14, 15, 16, 17, 18, 19, 20, 21, 22, 23, 24, 25, 26, 27, 28, 29, 30, 31, 32, 33, 34, 35, 36, 37, 38, 39, 40, 41, 42, 43, 44, 45, 46, 47, 48, 49, 50, 51, 52, 53, 54, 55, 56, 57, 58, 59, 60, 61, 62, 63, 64, 65, 66, 67, 68, 69, 70, 71, 72, 73, 74, 75, 76, 77, 78, 79, 80, 81, 82, 83, 84, 85, 86, 87, 88, 89, 90, 91, 92, 93, 94, 95, 96, 97, 98, 99, 100, 101, 102, 103, 104, 105, 106, 107, 108, 109, 110, 111, 112, 113, 114, 115, 116, 117, 118, 119, 120, 121, 122, 123, 124, 125, 126, 127, 128, 129, 130, 131, 132, 133, 134, 135, 136, 137, 138, 139, 140, 141, 142, 143, 144, 145, 146, 147, 148, 149, 150, 151, 152, 153, 154, 155, 156, 157, 158, 159, 160, 161, 162, 163, 164, 165, 166, 167, 168, 169, 170, 171, 172, 173, 174, 175, 176, 177, 178, 179, 180, 181, 182, 183, 184, 185, 186, 187, 188, 189, 190, 191, 192, 193, 194, 195, 196, 197, 198, 199, 200, 201, 202, 203, 204, 205, 206, 207, 208, 209, 210, 211, 212, 213, 214, 215, 216, 217, 218, 219, 220, 221, 222, 223, 224, 225, 226, 227, 228, 229, 230, 231, 232, 233, 234, 235, 236, 237, 238, 239, 240, 241, 242, 243, 244, 245, 246, 247, 248, 249, 250, 251, 252, 253, 254, 255, 256, 257, 258, 259, 260, 261, 262, 263, 264, 265, 266, 267, 268, 269, 270, 271, 272, 273, 274, 275, 276, 277, 278, 279, 280, 281, 282, 283, 284, 285, 286, 287, 288, 289, 290, 291, 292, 293, 294, 295, 296, 297, 298, 299, 300, 301, 302, 303, 304, 305, 306, 307, 308, 309, 310, 311, 312, 313, 314, 315, 316, 317, 318, 319, 320, 321, 322, 323, 324, 325, 326, 327, 328, 329, 330, 331, 332, 333, 334, 335, 336, 337, 338, 339, 340, 341, 342, 343, 344, 345, 346, 347, 348, 349, 350, 351, 352, 353, 354, 355, 356, 357, 358, 359, 360, 361, 362, 363, 364, 365, 366, 367, 368, 369, 370, 371, 372, 373, 374, 375, 376, 377, 378, 379, 380], "AcquisitionTime": ["075953.817500", "080022.817500", "080023.977500", "080025.137500", "080026.297500", "080027.457500", "080028.617500", "080029.777500", "080030.937500", "080032.097500", "080033.257500", "080034.417500", "080035.577500", "080036.737500", "080037.897500", "080039.057500", "080040.217500", "080041.377500", "080042.537500", "080043.697500", "080044.857500", "080046.017500", "080047.177500", "080048.337500", "080049.497500", "080050.657500", "080051.817500", "080052.977500", "080054.137500", "080055.297500", "080056.457500", "080057.617500", "080058.777500", "080059.937500", "080101.097500", "080102.260000", "080103.420000", "080104.580000", "080105.740000", "080106.900000", "080108.060000", "080109.220000", "080110.380000", "080111.540000", "080112.700000", "080113.860000", "080115.020000", "080116.180000", "080117.340000", "080118.500000", "080119.660000", "080120.820000", "080121.980000", "080123.140000", "080124.300000", "080125.460000", "080126.620000", "080127.780000", "080128.940000", "080130.100000", "080131.260000", "080132.420000", "080133.580000", "080134.740000", "080135.900000", "080137.060000", "080138.220000", "080139.380000", "080140.540000", "080141.700000", "080142.860000", "080144.020000", "080145.180000", "080146.340000", "080147.500000", "080148.660000", "080149.820000", "080150.980000", "080152.140000", "080153.300000", "080154.460000", "080155.620000", "080156.780000", "080157.940000", "080159.100000", "080200.260000", "080201.420000", "080202.580000", "080203.740000", "080204.900000", "080206.060000", "080207.220000", "080208.380000", "080209.540000", "080210.700000", "080211.860000", "080213.020000", "080214.180000", "080215.340000", "080216.500000", "080217.660000", "080218.820000", "080219.980000", "080221.140000", "080222.300000", "080223.460000", "080224.620000", "080225.780000", "080226.940000", "080228.100000", "080229.260000", "080230.420000", "080231.580000", "080232.740000", "080233.900000", "080235.060000", "080236.220000", "080237.380000", "080238.540000", "080239.700000", "080240.860000", "080242.020000", "080243.180000", "080244.340000", "080245.500000", "080246.660000", "080247.820000", "080248.980000", "080250.140000", "080251.300000", "080252.460000", "080253.620000", "080254.780000", "080255.940000", "080257.100000", "080258.260000", "080259.420000", "080300.580000", "080301.740000", "080302.900000", "080304.060000", "080305.220000", "080306.380000", "080307.540000", "080308.700000", "080309.860000", "080311.020000", "080312.180000", "080313.340000", "080314.500000", "080315.660000", "080316.820000", "080317.980000", "080319.140000", "080320.300000", "080321.460000", "080322.620000", "080323.780000", "080324.940000", "080326.100000", "080327.260000", "080328.420000", "080329.580000", "080330.740000", "080331.900000", "080333.060000", "080334.220000", "080335.380000", "080336.540000", "080337.700000", "080338.860000", "080340.020000", "080341.180000", "080342.340000", "080343.500000", "080344.660000", "080345.820000", "080346.980000", "080348.140000", "080349.300000", "080350.460000", "080351.620000", "080352.780000", "080353.940000", "080355.100000", "080356.260000", "080357.420000", "080358.580000", "080359.740000", "080400.900000", "080402.060000", "080403.220000", "080404.380000", "080405.540000", "080406.700000", "080407.860000", "080409.020000", "080410.180000", "080411.340000", "080412.500000", "080413.660000", "080414.820000", "080415.980000", "080417.140000", "080418.300000", "080419.460000", "080420.620000", "080421.780000", "080422.940000", "080424.100000", "080425.260000", "080426.420000", "080427.580000", "080428.740000", "080429.900000", "080431.060000", "080432.220000", "080433.380000", "080434.540000", "080435.700000", "080436.860000", "080438.020000", "080439.180000", "080440.340000", "080441.500000", "080442.660000", "080443.820000", "080444.980000", "080446.140000", "080447.300000", "080448.460000", "080449.620000", "080450.780000", "080451.940000", "080453.100000", "080454.260000", "080455.420000", "080456.580000", "080457.740000", "080458.900000", "080500.060000", "080501.220000", "080502.380000", "080503.540000", "080504.700000", "080505.860000", "080507.020000", "080508.180000", "080509.340000", "080510.500000", "080511.660000", "080512.820000", "080513.980000", "080515.140000", "080516.300000", "080517.460000", "080518.620000", "080519.780000", "080520.940000", "080522.100000", "080523.260000", "080524.420000", "080525.580000", "080526.740000", "080527.900000", "080529.060000", "080530.220000", "080531.380000", "080532.540000", "080533.700000", "080534.860000", "080536.020000", "080537.180000", "080538.340000", "080539.500000", "080540.660000", "080541.820000", "080542.980000", "080544.140000", "080545.300000", "080546.460000", "080547.620000", "080548.780000", "080549.940000", "080551.100000", "080552.262500", "080553.422500", "080554.582500", "080555.742500", "080556.902500", "080558.062500", "080559.222500", "080600.382500", "080601.542500", "080602.702500", "080603.862500", "080605.022500", "080606.182500", "080607.342500", "080608.502500", "080609.662500", "080610.822500", "080611.982500", "080613.142500", "080614.302500", "080615.462500", "080616.622500", "080617.782500", "080618.942500", "080620.102500", "080621.262500", "080622.422500", "080623.582500", "080624.742500", "080625.902500", "080627.062500", "080628.222500", "080629.382500", "080630.542500", "080631.702500", "080632.862500", "080634.022500", "080635.182500", "080636.342500", "080637.502500", "080638.662500", "080639.822500", "080640.982500", "080642.142500", "080643.302500", "080644.462500", "080645.622500", "080646.782500", "080647.942500", "080649.102500", "080650.262500", "080651.422500", "080652.582500", "080653.742500", "080654.902500", "080656.062500", "080657.222500", "080658.382500", "080659.542500", "080700.702500", "080701.862500", "080703.022500", "080704.182500", "080705.342500", "080706.502500", "080707.662500", "080708.822500", "080709.982500", "080711.142500", "080712.302500", "080713.462500", "080714.622500", "080715.782500", "080716.942500", "080718.102500", "080719.262500", "080720.422500", "080721.582500", "080722.742500", "080723.902500", "080725.062500", "080726.222500", "080727.382500", "080728.542500", "080729.702500", "080730.862500", "080732.022500", "080733.182500", "080734.342500", "080735.502500", "080736.662500", "080737.822500", "080738.982500", "080740.142500", "080741.302500"], "ContentTime": ["080032.031000", "080038.765000", "080038.765000", "080038.781000", "080038.781000", "080038.781000", "080043.765000", "080043.765000", "080043.765000", "080043.781000", "080048.765000", "080048.765000", "080048.765000", "080048.781000", "080053.765000", "080053.765000", "080053.765000", "080053.781000", "080058.765000", "080058.765000", "080058.765000", "080108.765000", "080108.765000", "080108.765000", "080108.781000", "080108.781000", "080108.781000", "080108.781000", "080108.781000", "080113.765000", "080113.765000", "080113.781000", "080118.765000", "080118.765000", "080118.765000", "080118.781000", "080123.765000", "080123.765000", "080123.765000", "080123.781000", "080128.765000", "080128.765000", "080128.765000", "080128.781000", "080133.765000", "080133.781000", "080133.781000", "080138.765000", "080138.765000", "080138.765000", "080138.781000", "080143.765000", "080143.765000", "080143.765000", "080143.781000", "080148.765000", "080148.765000", "080148.765000", "080153.765000", "080153.781000", "080153.796000", "080153.796000", "080158.765000", "080158.765000", "080158.765000", "080158.781000", "080203.765000", "080203.781000", "080203.781000", "080203.781000", "080208.765000", "080208.765000", "080208.765000", "080208.781000", "080213.765000", "080213.765000", "080213.765000", "080218.765000", "080218.765000", "080218.765000", "080218.781000", "080223.765000", "080223.765000", "080223.765000", "080223.781000", "080228.765000", "080228.765000", "080228.781000", "080228.781000", "080233.765000", "080233.765000", "080233.765000", "080233.781000", "080238.765000", "080238.765000", "080238.781000", "080243.765000", "080243.765000", "080243.765000", "080243.781000", "080248.765000", "080248.765000", "080248.765000", "080248.781000", "080253.765000", "080253.765000", "080253.765000", "080253.781000", "080258.765000", "080258.781000", "080258.781000", "080303.765000", "080303.765000", "080303.781000", "080303.781000", "080308.765000", "080308.781000", "080308.781000", "080308.796000", "080313.765000", "080313.765000", "080313.765000", "080313.781000", "080318.765000", "080318.765000", "080318.765000", "080318.781000", "080323.765000", "080323.765000", "080323.765000", "080328.765000", "080328.765000", "080328.781000", "080328.781000", "080333.765000", "080333.765000", "080333.781000", "080333.781000", "080338.765000", "080338.765000", "080338.765000", "080338.781000", "080343.765000", "080343.781000", "080343.781000", "080348.765000", "080348.781000", "080348.781000", "080348.781000", "080353.765000", "080353.765000", "080353.765000", "080358.765000", "080358.765000", "080358.765000", "080358.781000", "080358.781000", "080403.765000", "080403.765000", "080403.765000", "080408.765000", "080408.781000", "080408.781000", "080408.781000", "080413.765000", "080413.765000", "080413.765000", "080413.781000", "080418.765000", "080418.765000", "080418.765000", "080423.765000", "080423.765000", "080423.765000", "080423.781000", "080428.765000", "080428.765000", "080428.765000", "080428.781000", "080433.765000", "080433.765000", "080433.781000", "080433.781000", "080438.765000", "080438.781000", "080438.781000", "080443.765000", "080443.765000", "080443.765000", "080443.781000", "080443.781000", "080448.765000", "080448.765000", "080448.765000", "080453.765000", "080453.765000", "080453.781000", "080458.765000", "080458.765000", "080458.765000", "080458.781000", "080503.765000", "080503.765000", "080503.765000", "080508.765000", "080508.765000", "080508.765000", "080508.781000", "080513.765000", "080513.765000", "080513.765000", "080513.781000", "080518.765000", "080518.765000", "080518.765000", "080518.781000", "080523.765000", "080523.765000", "080523.765000", "080523.781000", "080528.765000", "080528.765000", "080528.765000", "080528.781000", "080533.765000", "080533.765000", "080533.765000", "080538.765000", "080538.765000", "080538.765000", "080538.781000", "080538.781000", "080543.765000", "080543.765000", "080543.765000", "080543.781000", "080548.765000", "080548.765000", "080548.781000", "080553.765000", "080553.765000", "080553.781000", "080553.781000", "080558.765000", "080558.906000", "080558.906000", "080558.906000", "080603.765000", "080603.781000", "080603.781000", "080603.781000", "080608.765000", "080608.765000", "080608.765000", "080613.765000", "080613.781000", "080613.781000", "080613.781000", "080618.781000", "080618.781000", "080618.781000", "080618.781000", "080623.765000", "080623.781000", "080623.781000", "080623.781000", "080628.765000", "080628.765000", "080628.765000", "080628.781000", "080633.765000", "080633.765000", "080633.765000", "080633.781000", "080638.765000", "080638.765000", "080638.765000", "080643.765000", "080643.765000", "080643.765000", "080643.781000", "080648.765000", "080648.765000", "080648.765000", "080653.765000", "080653.765000", "080653.765000", "080653.781000", "080658.765000", "080658.781000", "080658.781000", "080658.781000", "080703.765000", "080703.765000", "080703.765000", "080703.781000", "080708.765000", "080708.765000", "080708.781000", "080713.765000", "080713.765000", "080713.765000", "080713.781000", "080718.765000", "080718.765000", "080718.765000", "080718.781000", "080723.765000", "080723.765000", "080723.765000", "080728.765000", "080728.765000", "080728.781000", "080728.781000", "080733.765000", "080733.781000", "080733.781000", "080733.781000", "080738.765000", "080738.781000", "080738.781000", "080738.781000", "080743.765000", "080743.765000", "080743.765000", "080743.781000", "080748.765000", "080748.765000", "080748.781000", "080753.765000", "080753.765000", "080753.765000", "080753.781000", "080758.765000", "080758.765000", "080758.765000", "080758.781000", "080803.765000", "080803.765000", "080803.765000", "080803.781000", "080808.765000", "080808.781000", "080808.781000", "080808.781000", "080813.765000", "080813.765000", "080813.765000", "080813.781000", "080818.765000", "080818.765000", "080818.765000", "080818.781000", "080818.781000", "080823.765000", "080823.781000", "080823.781000", "080823.796000", "080828.765000", "080828.781000", "080828.781000", "080828.781000", "080833.765000", "080833.781000", "080833.781000", "080833.781000", "080838.765000", "080838.781000", "080838.781000", "080838.781000", "080843.765000", "080843.765000", "080843.765000", "080843.781000", "080848.765000", "080848.765000", "080848.765000", "080848.781000", "080848.781000", "080849.640000"], "InstanceCreationTime": ["080032.031000", "080038.765000", "080038.765000", "080038.781000", "080038.781000", "080038.781000", "080043.765000", "080043.765000", "080043.765000", "080043.781000", "080048.765000", "080048.765000", "080048.765000", "080048.781000", "080053.765000", "080053.765000", "080053.765000", "080053.781000", "080058.765000", "080058.765000", "080058.765000", "080108.765000", "080108.765000", "080108.765000", "080108.781000", "080108.781000", "080108.781000", "080108.781000", "080108.781000", "080113.765000", "080113.765000", "080113.781000", "080118.765000", "080118.765000", "080118.765000", "080118.781000", "080123.765000", "080123.765000", "080123.765000", "080123.781000", "080128.765000", "080128.765000", "080128.765000", "080128.781000", "080133.765000", "080133.781000", "080133.781000", "080138.765000", "080138.765000", "080138.765000", "080138.781000", "080143.765000", "080143.765000", "080143.765000", "080143.781000", "080148.765000", "080148.765000", "080148.765000", "080153.765000", "080153.781000", "080153.796000", "080153.796000", "080158.765000", "080158.765000", "080158.765000", "080158.781000", "080203.765000", "080203.781000", "080203.781000", "080203.781000", "080208.765000", "080208.765000", "080208.765000", "080208.781000", "080213.765000", "080213.765000", "080213.765000", "080218.765000", "080218.765000", "080218.765000", "080218.781000", "080223.765000", "080223.765000", "080223.765000", "080223.781000", "080228.765000", "080228.765000", "080228.781000", "080228.781000", "080233.765000", "080233.765000", "080233.765000", "080233.781000", "080238.765000", "080238.765000", "080238.781000", "080243.765000", "080243.765000", "080243.765000", "080243.781000", "080248.765000", "080248.765000", "080248.765000", "080248.781000", "080253.765000", "080253.765000", "080253.765000", "080253.781000", "080258.765000", "080258.781000", "080258.781000", "080303.765000", "080303.765000", "080303.781000", "080303.781000", "080308.765000", "080308.781000", "080308.781000", "080308.796000", "080313.765000", "080313.765000", "080313.765000", "080313.781000", "080318.765000", "080318.765000", "080318.765000", "080318.781000", "080323.765000", "080323.765000", "080323.765000", "080328.765000", "080328.765000", "080328.781000", "080328.781000", "080333.765000", "080333.765000", "080333.781000", "080333.781000", "080338.765000", "080338.765000", "080338.765000", "080338.781000", "080343.765000", "080343.781000", "080343.781000", "080348.765000", "080348.781000", "080348.781000", "080348.781000", "080353.765000", "080353.765000", "080353.765000", "080358.765000", "080358.765000", "080358.765000", "080358.781000", "080358.781000", "080403.765000", "080403.765000", "080403.765000", "080408.765000", "080408.781000", "080408.781000", "080408.781000", "080413.765000", "080413.765000", "080413.765000", "080413.781000", "080418.765000", "080418.765000", "080418.765000", "080423.765000", "080423.765000", "080423.765000", "080423.781000", "080428.765000", "080428.765000", "080428.765000", "080428.781000", "080433.765000", "080433.765000", "080433.781000", "080433.781000", "080438.765000", "080438.781000", "080438.781000", "080443.765000", "080443.765000", "080443.765000", "080443.781000", "080443.781000", "080448.765000", "080448.765000", "080448.765000", "080453.765000", "080453.765000", "080453.781000", "080458.765000", "080458.765000", "080458.765000", "080458.781000", "080503.765000", "080503.765000", "080503.765000", "080508.765000", "080508.765000", "080508.765000", "080508.781000", "080513.765000", "080513.765000", "080513.765000", "080513.781000", "080518.765000", "080518.765000", "080518.765000", "080518.781000", "080523.765000", "080523.765000", "080523.765000", "080523.781000", "080528.765000", "080528.765000", "080528.765000", "080528.781000", "080533.765000", "080533.765000", "080533.765000", "080538.765000", "080538.765000", "080538.765000", "080538.781000", "080538.781000", "080543.765000", "080543.765000", "080543.765000", "080543.781000", "080548.765000", "080548.765000", "080548.781000", "080553.765000", "080553.765000", "080553.781000", "080553.781000", "080558.765000", "080558.906000", "080558.906000", "080558.906000", "080603.765000", "080603.781000", "080603.781000", "080603.781000", "080608.765000", "080608.765000", "080608.765000", "080613.765000", "080613.781000", "080613.781000", "080613.781000", "080618.781000", "080618.781000", "080618.781000", "080618.781000", "080623.765000", "080623.781000", "080623.781000", "080623.781000", "080628.765000", "080628.765000", "080628.765000", "080628.781000", "080633.765000", "080633.765000", "080633.765000", "080633.781000", "080638.765000", "080638.765000", "080638.765000", "080643.765000", "080643.765000", "080643.765000", "080643.781000", "080648.765000", "080648.765000", "080648.765000", "080653.765000", "080653.765000", "080653.765000", "080653.781000", "080658.765000", "080658.781000", "080658.781000", "080658.781000", "080703.765000", "080703.765000", "080703.765000", "080703.781000", "080708.765000", "080708.765000", "080708.781000", "080713.765000", "080713.765000", "080713.765000", "080713.781000", "080718.765000", "080718.765000", "080718.765000", "080718.781000", "080723.765000", "080723.765000", "080723.765000", "080728.765000", "080728.765000", "080728.781000", "080728.781000", "080733.765000", "080733.781000", "080733.781000", "080733.781000", "080738.765000", "080738.781000", "080738.781000", "080738.781000", "080743.765000", "080743.765000", "080743.765000", "080743.781000", "080748.765000", "080748.765000", "080748.781000", "080753.765000", "080753.765000", "080753.765000", "080753.781000", "080758.765000", "080758.765000", "080758.765000", "080758.781000", "080803.765000", "080803.765000", "080803.765000", "080803.781000", "080808.765000", "080808.781000", "080808.781000", "080808.781000", "080813.765000", "080813.765000", "080813.765000", "080813.781000", "080818.765000", "080818.765000", "080818.765000", "080818.781000", "080818.781000", "080823.765000", "080823.781000", "080823.781000", "080823.796000", "080828.765000", "080828.781000", "080828.781000", "080828.781000", "080833.765000", "080833.781000", "080833.781000", "080833.781000", "080838.765000", "080838.781000", "080838.781000", "080838.781000", "080843.765000", "080843.765000", "080843.765000", "080843.781000", "080848.765000", "080848.765000", "080848.765000", "080848.781000", "080848.781000", "080849.640000"], "InstanceNumber": [1, 2, 3, 4, 5, 6, 7, 8, 9, 10, 11, 12, 13, 14, 15, 16, 17, 18, 19, 20, 21, 22, 23, 24, 25, 26, 27, 28, 29, 30, 31, 32, 33, 34, 35, 36, 37, 38, 39, 40, 41, 42, 43, 44, 45, 46, 47, 48, 49, 50, 51, 52, 53, 54, 55, 56, 57, 58, 59, 60, 61, 62, 63, 64, 65, 66, 67, 68, 69, 70, 71, 72, 73, 74, 75, 76, 77, 78, 79, 80, 81, 82, 83, 84, 85, 86, 87, 88, 89, 90, 91, 92, 93, 94, 95, 96, 97, 98, 99, 100, 101, 102, 103, 104, 105, 106, 107, 108, 109, 110, 111, 112, 113, 114, 115, 116, 117, 118, 119, 120, 121, 122, 123, 124, 125, 126, 127, 128, 129, 130, 131, 132, 133, 134, 135, 136, 137, 138, 139, 140, 141, 142, 143, 144, 145, 146, 147, 148, 149, 150, 151, 152, 153, 154, 155, 156, 157, 158, 159, 160, 161, 162, 163, 164, 165, 166, 167, 168, 169, 170, 171, 172, 173, 174, 175, 176, 177, 178, 179, 180, 181, 182, 183, 184, 185, 186, 187, 188, 189, 190, 191, 192, 193, 194, 195, 196, 197, 198, 199, 200, 201, 202, 203, 204, 205, 206, 207, 208, 209, 210, 211, 212, 213, 214, 215, 216, 217, 218, 219, 220, 221, 222, 223, 224, 225, 226, 227, 228, 229, 230, 231, 232, 233, 234, 235, 236, 237, 238, 239, 240, 241, 242, 243, 244, 245, 246, 247, 248, 249, 250, 251, 252, 253, 254, 255, 256, 257, 258, 259, 260, 261, 262, 263, 264, 265, 266, 267, 268, 269, 270, 271, 272, 273, 274, 275, 276, 277, 278, 279, 280, 281, 282, 283, 284, 285, 286, 287, 288, 289, 290, 291, 292, 293, 294, 295, 296, 297, 298, 299, 300, 301, 302, 303, 304, 305, 306, 307, 308, 309, 310, 311, 312, 313, 314, 315, 316, 317, 318, 319, 320, 321, 322, 323, 324, 325, 326, 327, 328, 329, 330, 331, 332, 333, 334, 335, 336, 337, 338, 339, 340, 341, 342, 343, 344, 345, 346, 347, 348, 349, 350, 351, 352, 353, 354, 355, 356, 357, 358, 359, 360, 361, 362, 363, 364, 365, 366, 367, 368, 369, 370, 371, 372, 373, 374, 375, 376, 377, 378, 379, 380], "LargestImagePixelValue": [27995, 25262, 24787, 24358, 24901, 24344, 28353, 26026, 24214, 27226, 24931, 24146, 27054, 24144, 26064, 24201, 27364, 25132, 24870, 25054, 26340, 29550, 27667, 24130, 29686, 24163, 24407, 28738, 24107, 25200, 24310, 30253, 24086, 24234, 28659, 24140, 24295, 27721, 24079, 26722, 26222, 24234, 26223, 24409, 29497, 26747, 24351, 28994, 23954, 24024, 24274, 26556, 24095, 24114, 24834, 24275, 24190, 28458, 24150, 24435, 29433, 24867, 24232, 31295, 26270, 25627, 25892, 29578, 26574, 24228, 24083, 25203, 25221, 24122, 28202, 26851, 24567, 29213, 24267, 23980, 26230, 24044, 24478, 28954, 23940, 24241, 30052, 27397, 23916, 25766, 24536, 24223, 29574, 24028, 24176, 25292, 26180, 24129, 28826, 24098, 24177, 28885, 23963, 24145, 28736, 24050, 24433, 29563, 24105, 24488, 24850, 29751, 27254, 23923, 29661, 25522, 24242, 29341, 27279, 24016, 29326, 25986, 24835, 25712, 27858, 24009, 24968, 27878, 25681, 23926, 24807, 24107, 30648, 24161, 25713, 24889, 29841, 23941, 24075, 28772, 24020, 24062, 27097, 23795, 26342, 25702, 28988, 25526, 24093, 29581, 26165, 24278, 28074, 23934, 25865, 29912, 26053, 24161, 24059, 24251, 25159, 27394, 23973, 27736, 23931, 25547, 30220, 23911, 24728, 28867, 24163, 25061, 23832, 24032, 29588, 24452, 24035, 28966, 25240, 24051, 29629, 23819, 23734, 29959, 25214, 24069, 27627, 26338, 25338, 29889, 26455, 27730, 23839, 24412, 30825, 23845, 25499, 25451, 30073, 25067, 23790, 29751, 25035, 23725, 25251, 23767, 23663, 23732, 24143, 23969, 24555, 23635, 23873, 29055, 25754, 26823, 30144, 25831, 23807, 29007, 26499, 24139, 25988, 24044, 27316, 23640, 24088, 25654, 27186, 23570, 29281, 23652, 23777, 29679, 25198, 24376, 29495, 24603, 23823, 28483, 23554, 24080, 29108, 25630, 23632, 29887, 24597, 24724, 24163, 27009, 25063, 23638, 27999, 26278, 25285, 23886, 29354, 23758, 24946, 24877, 25459, 24067, 23862, 29178, 24242, 23805, 24758, 25659, 26644, 24761, 30649, 23669, 24084, 30795, 23676, 24517, 25290, 29843, 25130, 24003, 24786, 29325, 25624, 23765, 24407, 29948, 24015, 24123, 24486, 29952, 25458, 25436, 24015, 30413, 23927, 24801, 28873, 23769, 23817, 24293, 28584, 25382, 24302, 23877, 23895, 30400, 25546, 24628, 26863, 30293, 26846, 23638, 29139, 23906, 23967, 29233, 23827, 24549, 25772, 27938, 27226, 25312, 23771, 23808, 31042, 27544, 24217, 30493, 26770, 23849, 23884, 24694, 26277, 26199, 24016, 25245, 25994, 24140, 30081, 24318, 24012, 26661, 26700, 29522, 23784, 23871, 29444, 24704, 23781, 29614, 23904, 23922, 29587, 29194, 23833, 30399, 27652, 24109, 25129, 24029, 26101, 23987, 24895, 29778, 25040, 24632, 29978, 24441, 23943, 31842, 24127, 23840, 30882, 23938, 23863, 28644, 25367, 23946, 28567, 24565], "WindowCenter": [9786.0, 9766.0, 9766.0, 9755.0, 9767.0, 9771.0, 9778.0, 9766.0, 9767.0, 9785.0, 9768.0, 9765.0, 9789.0, 9763.0, 9769.0, 9764.0, 9797.0, 9767.0, 9774.0, 9768.0, 9764.0, 9780.0, 9786.0, 9753.0, 9785.0, 9749.0, 9750.0, 9766.0, 9762.0, 9747.0, 9752.0, 9777.0, 9749.0, 9740.0, 9782.0, 9743.0, 9753.0, 9792.0, 9774.0, 9768.0, 9757.0, 9743.0, 9767.0, 9749.0, 9769.0, 9754.0, 9759.0, 9768.0, 9746.0, 9753.0, 9766.0, 9759.0, 9744.0, 9765.0, 9779.0, 9773.0, 9765.0, 9787.0, 9779.0, 9785.0, 9809.0, 9774.0, 9776.0, 9802.0, 9769.0, 9759.0, 9756.0, 9784.0, 9751.0, 9744.0, 9750.0, 9759.0, 9767.0, 9751.0, 9764.0, 9770.0, 9745.0, 9780.0, 9755.0, 9756.0, 9778.0, 9758.0, 9765.0, 9780.0, 9763.0, 9759.0, 9785.0, 9769.0, 9760.0, 9765.0, 9760.0, 9763.0, 9790.0, 9776.0, 9761.0, 9752.0, 9763.0, 9758.0, 9794.0, 9762.0, 9757.0, 9784.0, 9755.0, 9754.0, 9775.0, 9754.0, 9748.0, 9783.0, 9738.0, 9742.0, 9749.0, 9772.0, 9766.0, 9743.0, 9772.0, 9747.0, 9748.0, 9764.0, 9771.0, 9748.0, 9779.0, 9743.0, 9751.0, 9760.0, 9751.0, 9735.0, 9744.0, 9755.0, 9742.0, 9733.0, 9747.0, 9748.0, 9786.0, 9745.0, 9753.0, 9744.0, 9762.0, 9740.0, 9754.0, 9772.0, 9743.0, 9748.0, 9763.0, 9756.0, 9750.0, 9744.0, 9754.0, 9745.0, 9748.0, 9758.0, 9750.0, 9752.0, 9746.0, 9745.0, 9737.0, 9766.0, 9762.0, 9730.0, 9732.0, 9751.0, 9750.0, 9767.0, 9743.0, 9762.0, 9756.0, 9752.0, 9762.0, 9736.0, 9727.0, 9753.0, 9753.0, 9760.0, 9743.0, 9759.0, 9784.0, 9739.0, 9744.0, 9766.0, 9741.0, 9733.0, 9765.0, 9726.0, 9725.0, 9765.0, 9748.0, 9735.0, 9756.0, 9740.0, 9734.0, 9781.0, 9746.0, 9765.0, 9750.0, 9763.0, 9779.0, 9747.0, 9750.0, 9755.0, 9755.0, 9721.0, 9710.0, 9724.0, 9709.0, 9717.0, 9723.0, 9715.0, 9723.0, 9732.0, 9737.0, 9740.0, 9755.0, 9771.0, 9762.0, 9795.0, 9764.0, 9763.0, 9768.0, 9755.0, 9738.0, 9774.0, 9757.0, 9756.0, 9768.0, 9732.0, 9759.0, 9746.0, 9750.0, 9764.0, 9764.0, 9752.0, 9779.0, 9741.0, 9749.0, 9776.0, 9749.0, 9756.0, 9767.0, 9754.0, 9741.0, 9760.0, 9735.0, 9744.0, 9772.0, 9758.0, 9741.0, 9766.0, 9750.0, 9749.0, 9742.0, 9739.0, 9745.0, 9734.0, 9762.0, 9750.0, 9757.0, 9739.0, 9759.0, 9723.0, 9735.0, 9732.0, 9733.0, 9728.0, 9736.0, 9756.0, 9739.0, 9747.0, 9751.0, 9758.0, 9760.0, 9753.0, 9792.0, 9752.0, 9755.0, 9774.0, 9740.0, 9743.0, 9755.0, 9761.0, 9748.0, 9734.0, 9772.0, 9771.0, 9747.0, 9736.0, 9756.0, 9780.0, 9737.0, 9736.0, 9754.0, 9769.0, 9749.0, 9748.0, 9727.0, 9758.0, 9737.0, 9727.0, 9748.0, 9735.0, 9741.0, 9748.0, 9759.0, 9747.0, 9760.0, 9753.0, 9775.0, 9783.0, 9759.0, 9750.0, 9758.0, 9760.0, 9757.0, 9750.0, 9770.0, 9730.0, 9728.0, 9770.0, 9746.0, 9745.0, 9749.0, 9741.0, 9757.0, 9750.0, 9757.0, 9756.0, 9789.0, 9764.0, 9734.0, 9774.0, 9761.0, 9748.0, 9732.0, 9740.0, 9761.0, 9744.0, 9749.0, 9750.0, 9743.0, 9751.0, 9765.0, 9748.0, 9756.0, 9759.0, 9753.0, 9766.0, 9753.0, 9740.0, 9768.0, 9730.0, 9738.0, 9775.0, 9754.0, 9753.0, 9759.0, 9758.0, 9745.0, 9762.0, 9764.0, 9729.0, 9736.0, 9738.0, 9756.0, 9747.0, 9753.0, 9769.0, 9756.0, 9738.0, 9768.0, 9730.0, 9740.0, 9764.0, 9726.0, 9732.0, 9769.0, 9735.0, 9738.0, 9752.0, 9744.0, 9731.0, 9756.0, 9733.0], "WindowWidth": [20692.0, 20650.0, 20645.0, 20623.0, 20650.0, 20655.0, 20669.0, 20642.0, 20646.0, 20684.0, 20652.0, 20643.0, 20691.0, 20643.0, 20652.0, 20641.0, 20705.0, 20652.0, 20664.0, 20652.0, 20642.0, 20669.0, 20679.0, 20615.0, 20675.0, 20609.0, 20609.0, 20640.0, 20632.0, 20606.0, 20615.0, 20656.0, 20606.0, 20592.0, 20672.0, 20603.0, 20619.0, 20696.0, 20660.0, 20648.0, 20628.0, 20597.0, 20643.0, 20610.0, 20645.0, 20617.0, 20626.0, 20645.0, 20601.0, 20616.0, 20641.0, 20628.0, 20600.0, 20643.0, 20672.0, 20664.0, 20648.0, 20685.0, 20675.0, 20685.0, 20724.0, 20665.0, 20669.0, 20716.0, 20648.0, 20629.0, 20621.0, 20673.0, 20609.0, 20595.0, 20612.0, 20630.0, 20644.0, 20614.0, 20638.0, 20645.0, 20602.0, 20666.0, 20621.0, 20620.0, 20665.0, 20633.0, 20644.0, 20669.0, 20641.0, 20630.0, 20678.0, 20647.0, 20629.0, 20643.0, 20634.0, 20641.0, 20687.0, 20658.0, 20635.0, 20617.0, 20637.0, 20626.0, 20693.0, 20636.0, 20625.0, 20675.0, 20618.0, 20615.0, 20657.0, 20616.0, 20605.0, 20667.0, 20586.0, 20593.0, 20606.0, 20650.0, 20639.0, 20597.0, 20651.0, 20602.0, 20600.0, 20633.0, 20647.0, 20603.0, 20662.0, 20594.0, 20608.0, 20626.0, 20608.0, 20577.0, 20595.0, 20615.0, 20591.0, 20575.0, 20604.0, 20605.0, 20676.0, 20600.0, 20613.0, 20595.0, 20626.0, 20586.0, 20614.0, 20648.0, 20596.0, 20601.0, 20632.0, 20621.0, 20607.0, 20594.0, 20612.0, 20594.0, 20601.0, 20620.0, 20606.0, 20608.0, 20596.0, 20594.0, 20580.0, 20633.0, 20627.0, 20568.0, 20572.0, 20611.0, 20607.0, 20637.0, 20590.0, 20631.0, 20619.0, 20608.0, 20625.0, 20577.0, 20561.0, 20610.0, 20611.0, 20625.0, 20596.0, 20625.0, 20670.0, 20587.0, 20595.0, 20634.0, 20590.0, 20573.0, 20631.0, 20556.0, 20558.0, 20633.0, 20600.0, 20575.0, 20613.0, 20585.0, 20576.0, 20662.0, 20601.0, 20629.0, 20606.0, 20634.0, 20661.0, 20600.0, 20606.0, 20611.0, 20610.0, 20544.0, 20518.0, 20544.0, 20515.0, 20533.0, 20544.0, 20529.0, 20547.0, 20568.0, 20579.0, 20590.0, 20616.0, 20654.0, 20639.0, 20697.0, 20639.0, 20632.0, 20640.0, 20617.0, 20585.0, 20651.0, 20619.0, 20620.0, 20641.0, 20576.0, 20623.0, 20596.0, 20608.0, 20635.0, 20635.0, 20608.0, 20660.0, 20590.0, 20607.0, 20654.0, 20606.0, 20618.0, 20637.0, 20611.0, 20587.0, 20619.0, 20579.0, 20594.0, 20648.0, 20622.0, 20587.0, 20636.0, 20605.0, 20601.0, 20590.0, 20583.0, 20595.0, 20576.0, 20628.0, 20605.0, 20621.0, 20584.0, 20623.0, 20553.0, 20574.0, 20566.0, 20568.0, 20562.0, 20575.0, 20614.0, 20582.0, 20598.0, 20610.0, 20622.0, 20625.0, 20609.0, 20682.0, 20610.0, 20617.0, 20652.0, 20586.0, 20594.0, 20615.0, 20626.0, 20598.0, 20577.0, 20646.0, 20647.0, 20600.0, 20577.0, 20617.0, 20663.0, 20582.0, 20582.0, 20609.0, 20639.0, 20602.0, 20599.0, 20555.0, 20614.0, 20573.0, 20560.0, 20595.0, 20570.0, 20584.0, 20596.0, 20622.0, 20601.0, 20625.0, 20618.0, 20658.0, 20675.0, 20626.0, 20609.0, 20620.0, 20625.0, 20617.0, 20601.0, 20640.0, 20568.0, 20565.0, 20640.0, 20596.0, 20595.0, 20600.0, 20585.0, 20617.0, 20603.0, 20623.0, 20620.0, 20677.0, 20629.0, 20573.0, 20649.0, 20626.0, 20599.0, 20572.0, 20586.0, 20622.0, 20587.0, 20599.0, 20604.0, 20590.0, 20604.0, 20629.0, 20603.0, 20615.0, 20622.0, 20610.0, 20632.0, 20608.0, 20584.0, 20634.0, 20566.0, 20577.0, 20650.0, 20615.0, 20612.0, 20622.0, 20617.0, 20594.0, 20626.0, 20628.0, 20559.0, 20573.0, 20584.0, 20618.0, 20602.0, 20612.0, 20639.0, 20616.0, 20582.0, 20635.0, 20564.0, 20578.0, 20622.0, 20557.0, 20571.0, 20635.0, 20574.0, 20578.0, 20604.0, 20592.0, 20564.0, 20609.0, 20572.0]}, "slices": {}}}