{"AcquisitionMatrixPE": 96, "AcquisitionNumber": 1, "AcquisitionTime": "07:59:53.457500", "BandwidthPerPixelPhaseEncode": 33.602, "BaseResolution": 96, "BodyPartExamined": "BRAIN", "ConsistencyInfo": "N4_VD13A_LATEST_20120616", "ConversionSoftware": "dcm2niix", "ConversionSoftwareVersion": "v1.0.20210317", "DerivedVendorReportedEchoSpacing": 0.000620003, "DeviceSerialNumber": "45239", "DwellTime": 2.6e-06, "EchoTime": 0.03, "EchoTrainLength": 47, "EffectiveEchoSpacing": 0.000310001, "FlipAngle": 63, "ImageComments": "Unaliased MB4/PE3", "ImageOrientationPatientDICOM": [0.999837, -0.00504022, -0.0173604, -0.00471166, 0.854492, -0.519443], "ImageType": ["ORIGINAL", "PRIMARY", "M", "ND", "NORM", "MOSAIC"], "ImagingFrequency": 123.191, "InPlanePhaseEncodingDirectionDICOM": "COL", "InstitutionAddress": "E 24th St. 100,Austin,Southmiddle,US,78712", "InstitutionName": "The Univ. of Texas at Austin IRC", "InstitutionalDepartmentName": "IRC", "MRAcquisitionType": "2D", "MagneticFieldStrength": 3, "Manufacturer": "Siemens", "ManufacturersModelName": "Skyra", "Modality": "MR", "MultibandAccelerationFactor": 4, "ParallelReductionFactorInPlane": 2, "PartialFourier": 1, "PatientPosition": "HFS", "PercentPhaseFOV": 100, "PercentSampling": 100, "PhaseEncodingDirection": "j-", "PhaseEncodingSteps": 95, "PhaseResolution": 1, "PixelBandwidth": 2005, "ProcedureStepDescription": "Poldrack2^self-scanning", "ProtocolName": "superloc", "PulseSequenceDetails": "%CustomerSeq%\\cmrr_mbep2d_bold", "ReceiveCoilActiveElements": "HEA;HEP", "ReceiveCoilName": "Head_32", "ReconMatrixPE": 96, "RefLinesPE": 48, "RepetitionTime": 1.16, "SAR": 0.120199, "ScanOptions": "FS", "ScanningSequence": "EP", "SequenceName": "epfid2d1_96", "SequenceVariant": "SK", "SeriesDescription": "superloc", "SeriesNumber": 12, "ShimSetting": [-2960, 8223, -15591, -619, 169, -1247, 49, 205], "SliceThickness": 2, "SliceTiming": [0, 0.5, 0.9975, 0.3575, 0.855, 0.215, 0.7125, 0.0725, 0.57, 1.07, 0.4275, 0.9275, 0.285, 0.785, 0.1425, 0.6425, 0, 0.5, 0.9975, 0.3575, 0.855, 0.215, 0.7125, 0.0725, 0.57, 1.07, 0.4275, 0.9275, 0.285, 0.785, 0.1425, 0.6425, 0, 0.5, 0.9975, 0.3575, 0.855, 0.215, 0.7125, 0.0725, 0.57, 1.07, 0.4275, 0.9275, 0.285, 0.785, 0.1425, 0.6425, 0, 0.5, 0.9975, 0.3575, 0.855, 0.215, 0.7125, 0.0725, 0.57, 1.07, 0.4275, 0.9275, 0.285, 0.785, 0.1425, 0.6425], "SoftwareVersions": "syngo MR D13", "SpacingBetweenSlices": 2.4, "StationName": "AWP45239", "TaskName": "Sentence processing task", "TotalReadoutTime": 0.0294501, "TxRefAmp": 338.277, "WipMemBlock": "9dece3c8-6c83-40d1-abad-39592628b41d||Sequence: vd13a/R010 r/fd129fc; Dec 13 2013 16:14:27 by eja", "dcmmeta_affine": [[-2.395441770553589, -0.011288358829915524, -0.04188577085733414, 117.6285400390625], [0.012075532227754593, 2.047220468521118, -1.2466559410095215, -76.79409790039062], [-0.0415925458073616, 1.2444989681243896, 2.050388813018799, -79.05147552490234], [0.0, 0.0, 0.0, 1.0]], "dcmmeta_reorient_transform": [[0.0, -1.0, 0.0, 95.0], [1.0, 0.0, 0.0, 0.0], [0.0, 0.0, 1.0, 0.0], [0.0, 0.0, 0.0, 1.0]], "dcmmeta_shape": [96, 96, 64, 326], "dcmmeta_slice_dim": 2, "dcmmeta_version": 0.6, "global": {"const": {"AcquisitionMatrix": [96, 0, 0, 96], "AngioFlag": "N", "BitsAllocated": 16, "BitsStored": 16, "BodyPartExamined": "BRAIN", "Columns": 768, "DeidentificationMethodCodeSequence": [{"CodeMeaning": "XNAT Edit Script", "CodeValue": "93", "CodingSchemeDesignator": "XNAT", "CodingSchemeVersion": "0.1"}], "EchoNumbers": 1, "EchoTime": 30.0, "EchoTrainLength": 47, "FlipAngle": 63.0, "HighBit": 15, "ImageOrientationPatient": [0.99983659354076, -0.0050402223432, -0.0173603679554, -0.0047116628912, 0.85449206468801, -0.5194430783233], "ImagePositionPatient": [-917.63168491778, -801.5005632906, 471.30269286024], "ImageType": ["ORIGINAL", "PRIMARY", "M", "ND", "NORM", "MOSAIC"], "ImagedNucleus": "1H", "ImagingFrequency": 123.191366, "InPlanePhaseEncodingDirection": "COL", "MRAcquisitionType": "2D", "MagneticFieldStrength": 3.0, "Manufacturer": "SIEMENS", "ManufacturerModelName": "Skyra", "Modality": "MR", "NumberOfAverages": 1.0, "NumberOfPhaseEncodingSteps": 95, "PercentPhaseFieldOfView": 100.0, "PercentSampling": 100.0, "PerformedProcedureStepStartTime": "073443.962000", "PhotometricInterpretation": "MONOCHROME2", "PixelBandwidth": 2005.0, "PixelRepresentation": 0, "PixelSpacing": [2.3958332538605, 2.3958332538605], "ProtocolName": "superloc", "RepetitionTime": 1160.0, "Rows": 768, "SAR": 0.12019924923407, "SamplesPerPixel": 1, "ScanOptions": "FS", "ScanningSequence": "EP", "SequenceName": "epfid2d1_96", "SequenceVariant": "SK", "SeriesDescription": "superloc", "SeriesNumber": 12, "SeriesTime": "080036.885000", "SliceLocation": -29.698917045182, "SliceThickness": 2.0, "SmallestImagePixelValue": 0, "SoftwareVersions": "syngo MR D13", "SpacingBetweenSlices": 2.3999999636557, "SpecificCharacterSet": "ISO_IR 100", "StudyID": "1", "StudyTime": "073443.858000", "TransmitCoilName": "Body", "VariableFlipAngleFlag": "N", "WindowCenterWidthExplanation": "Algo1", "dBdt": 0.0}, "slices": {}}, "time": {"samples": {"AcquisitionNumber": [1, 2, 3, 4, 5, 6, 7, 8, 9, 10, 11, 12, 13, 14, 15, 16, 17, 18, 19, 20, 21, 22, 23, 24, 25, 26, 27, 28, 29, 30, 31, 32, 33, 34, 35, 36, 37, 38, 39, 40, 41, 42, 43, 44, 45, 46, 47, 48, 49, 50, 51, 52, 53, 54, 55, 56, 57, 58, 59, 60, 61, 62, 63, 64, 65, 66, 67, 68, 69, 70, 71, 72, 73, 74, 75, 76, 77, 78, 79, 80, 81, 82, 83, 84, 85, 86, 87, 88, 89, 90, 91, 92, 93, 94, 95, 96, 97, 98, 99, 100, 101, 102, 103, 104, 105, 106, 107, 108, 109, 110, 111, 112, 113, 114, 115, 116, 117, 118, 119, 120, 121, 122, 123, 124, 125, 126, 127, 128, 129, 130, 131, 132, 133, 134, 135, 136, 137, 138, 139, 140, 141, 142, 143, 144, 145, 146, 147, 148, 149, 150, 151, 152, 153, 154, 155, 156, 157, 158, 159, 160, 161, 162, 163, 164, 165, 166, 167, 168, 169, 170, 171, 172, 173, 174, 175, 176, 177, 178, 179, 180, 181, 182, 183, 184, 185, 186, 187, 188, 189, 190, 191, 192, 193, 194, 195, 196, 197, 198, 199, 200, 201, 202, 203, 204, 205, 206, 207, 208, 209, 210, 211, 212, 213, 214, 215, 216, 217, 218, 219, 220, 221, 222, 223, 224, 225, 226, 227, 228, 229, 230, 231, 232, 233, 234, 235, 236, 237, 238, 239, 240, 241, 242, 243, 244, 245, 246, 247, 248, 249, 250, 251, 252, 253, 254, 255, 256, 257, 258, 259, 260, 261, 262, 263, 264, 265, 266, 267, 268, 269, 270, 271, 272, 273, 274, 275, 276, 277, 278, 279, 280, 281, 282, 283, 284, 285, 286, 287, 288, 289, 290, 291, 292, 293, 294, 295, 296, 297, 298, 299, 300, 301, 302, 303, 304, 305, 306, 307, 308, 309, 310, 311, 312, 313, 314, 315, 316, 317, 318, 319, 320, 321, 322, 323, 324, 325, 326], "AcquisitionTime": ["075953.457500", "080000.397500", "080001.557500", "080002.717500", "080003.877500", "080005.037500", "080006.197500", "080007.357500", "080008.517500", "080009.677500", "080010.837500", "080011.997500", "080013.157500", "080014.317500", "080015.477500", "080016.637500", "080017.797500", "080018.957500", "080020.117500", "080021.277500", "080022.437500", "080023.597500", "080024.757500", "080025.917500", "080027.077500", "080028.237500", "080029.397500", "080030.557500", "080031.717500", "080032.877500", "080034.040000", "080035.200000", "080036.360000", "080037.520000", "080038.680000", "080039.840000", "080041.000000", "080042.160000", "080043.320000", "080044.480000", "080045.640000", "080046.800000", "080047.960000", "080049.120000", "080050.280000", "080051.440000", "080052.600000", "080053.760000", "080054.920000", "080056.080000", "080057.240000", "080058.400000", "080059.560000", "080100.720000", "080101.880000", "080103.040000", "080104.200000", "080105.360000", "080106.520000", "080107.680000", "080108.840000", "080110.000000", "080111.160000", "080112.320000", "080113.480000", "080114.640000", "080115.800000", "080116.960000", "080118.120000", "080119.280000", "080120.440000", "080121.600000", "080122.760000", "080123.920000", "080125.080000", "080126.240000", "080127.400000", "080128.560000", "080129.720000", "080130.880000", "080132.040000", "080133.200000", "080134.360000", "080135.520000", "080136.680000", "080137.840000", "080139.000000", "080140.160000", "080141.320000", "080142.480000", "080143.640000", "080144.800000", "080145.960000", "080147.120000", "080148.280000", "080149.440000", "080150.600000", "080151.760000", "080152.920000", "080154.080000", "080155.240000", "080156.400000", "080157.560000", "080158.720000", "080159.880000", "080201.040000", "080202.200000", "080203.360000", "080204.520000", "080205.680000", "080206.840000", "080208.000000", "080209.160000", "080210.320000", "080211.480000", "080212.640000", "080213.800000", "080214.960000", "080216.120000", "080217.280000", "080218.440000", "080219.600000", "080220.760000", "080221.920000", "080223.080000", "080224.240000", "080225.400000", "080226.560000", "080227.720000", "080228.880000", "080230.040000", "080231.200000", "080232.360000", "080233.520000", "080234.680000", "080235.840000", "080237.000000", "080238.160000", "080239.320000", "080240.480000", "080241.640000", "080242.800000", "080243.960000", "080245.120000", "080246.280000", "080247.440000", "080248.600000", "080249.760000", "080250.920000", "080252.080000", "080253.240000", "080254.400000", "080255.560000", "080256.720000", "080257.880000", "080259.040000", "080300.200000", "080301.360000", "080302.520000", "080303.680000", "080304.840000", "080306.000000", "080307.160000", "080308.320000", "080309.480000", "080310.640000", "080311.800000", "080312.960000", "080314.120000", "080315.280000", "080316.440000", "080317.600000", "080318.760000", "080319.920000", "080321.080000", "080322.240000", "080323.400000", "080324.560000", "080325.720000", "080326.880000", "080328.040000", "080329.200000", "080330.360000", "080331.520000", "080332.680000", "080333.840000", "080335.000000", "080336.160000", "080337.320000", "080338.480000", "080339.640000", "080340.800000", "080341.960000", "080343.120000", "080344.280000", "080345.440000", "080346.600000", "080347.760000", "080348.920000", "080350.080000", "080351.240000", "080352.400000", "080353.560000", "080354.720000", "080355.880000", "080357.040000", "080358.200000", "080359.360000", "080400.520000", "080401.680000", "080402.840000", "080404.000000", "080405.160000", "080406.320000", "080407.480000", "080408.640000", "080409.800000", "080410.960000", "080412.120000", "080413.280000", "080414.440000", "080415.600000", "080416.760000", "080417.920000", "080419.080000", "080420.240000", "080421.400000", "080422.560000", "080423.720000", "080424.880000", "080426.040000", "080427.200000", "080428.360000", "080429.520000", "080430.680000", "080431.840000", "080433.000000", "080434.160000", "080435.320000", "080436.480000", "080437.640000", "080438.800000", "080439.960000", "080441.120000", "080442.280000", "080443.440000", "080444.600000", "080445.760000", "080446.920000", "080448.080000", "080449.240000", "080450.400000", "080451.560000", "080452.720000", "080453.880000", "080455.040000", "080456.200000", "080457.360000", "080458.520000", "080459.680000", "080500.840000", "080502.000000", "080503.160000", "080504.320000", "080505.480000", "080506.640000", "080507.800000", "080508.960000", "080510.120000", "080511.280000", "080512.440000", "080513.600000", "080514.760000", "080515.920000", "080517.080000", "080518.240000", "080519.400000", "080520.560000", "080521.720000", "080522.880000", "080524.042500", "080525.202500", "080526.362500", "080527.522500", "080528.682500", "080529.842500", "080531.002500", "080532.162500", "080533.322500", "080534.482500", "080535.642500", "080536.802500", "080537.962500", "080539.122500", "080540.282500", "080541.442500", "080542.602500", "080543.762500", "080544.922500", "080546.082500", "080547.242500", "080548.402500", "080549.562500", "080550.722500", "080551.882500", "080553.042500", "080554.202500", "080555.362500", "080556.522500", "080557.682500", "080558.842500", "080600.002500", "080601.162500", "080602.322500", "080603.482500", "080604.642500", "080605.802500", "080606.962500", "080608.122500", "080609.282500", "080610.442500", "080611.602500", "080612.762500", "080613.922500", "080615.082500", "080616.242500"], "ContentTime": ["080036.889000", "080036.894000", "080036.898000", "080036.902000", "080036.906000", "080036.910000", "080036.914000", "080036.918000", "080036.922000", "080036.926000", "080036.929000", "080036.933000", "080036.937000", "080036.941000", "080036.945000", "080036.957000", "080036.960000", "080036.964000", "080036.968000", "080036.972000", "080036.977000", "080036.981000", "080036.985000", "080036.989000", "080036.998000", "080037.003000", "080037.006000", "080056.850000", "080056.859000", "080056.863000", "080056.868000", "080056.871000", "080056.876000", "080056.880000", "080056.884000", "080056.894000", "080056.899000", "080056.902000", "080056.906000", "080056.910000", "080056.914000", "080056.920000", "080056.924000", "080056.928000", "080056.933000", "080056.937000", "080056.940000", "080136.849000", "080136.853000", "080136.857000", "080136.861000", "080136.864000", "080136.870000", "080136.873000", "080136.877000", "080136.881000", "080136.885000", "080136.888000", "080136.892000", "080136.896000", "080136.900000", "080136.904000", "080136.908000", "080136.912000", "080136.915000", "080136.919000", "080136.923000", "080136.927000", "080136.931000", "080136.935000", "080136.939000", "080136.943000", "080136.948000", "080136.952000", "080136.956000", "080136.960000", "080136.964000", "080136.968000", "080136.971000", "080136.975000", "080136.979000", "080136.983000", "080216.851000", "080216.855000", "080216.859000", "080216.863000", "080216.867000", "080216.871000", "080216.875000", "080216.879000", "080216.883000", "080216.887000", "080216.891000", "080216.895000", "080216.898000", "080216.902000", "080216.906000", "080216.910000", "080216.915000", "080216.918000", "080216.923000", "080216.926000", "080216.930000", "080216.934000", "080216.938000", "080216.942000", "080216.946000", "080216.950000", "080216.954000", "080216.958000", "080216.964000", "080216.968000", "080216.973000", "080216.976000", "080216.980000", "080216.984000", "080216.988000", "080256.849000", "080256.858000", "080256.862000", "080256.867000", "080256.871000", "080256.875000", "080256.879000", "080256.883000", "080256.886000", "080256.890000", "080256.894000", "080256.898000", "080256.902000", "080256.906000", "080256.910000", "080256.914000", "080256.918000", "080256.922000", "080256.935000", "080256.939000", "080256.943000", "080256.947000", "080256.951000", "080256.955000", "080256.959000", "080256.964000", "080256.967000", "080256.971000", "080256.975000", "080256.980000", "080256.983000", "080256.987000", "080256.991000", "080256.996000", "080336.850000", "080336.855000", "080336.858000", "080336.863000", "080336.866000", "080336.870000", "080336.874000", "080336.878000", "080336.883000", "080336.887000", "080336.891000", "080336.895000", "080336.899000", "080336.903000", "080336.907000", "080336.911000", "080336.915000", "080336.919000", "080336.923000", "080336.927000", "080336.931000", "080336.935000", "080336.939000", "080336.943000", "080336.947000", "080336.951000", "080336.955000", "080336.959000", "080336.963000", "080336.967000", "080336.971000", "080336.975000", "080336.979000", "080336.983000", "080336.987000", "080416.850000", "080416.855000", "080416.858000", "080416.862000", "080416.866000", "080416.870000", "080416.874000", "080416.877000", "080416.882000", "080416.885000", "080416.889000", "080416.893000", "080416.898000", "080416.902000", "080416.922000", "080416.926000", "080416.930000", "080416.934000", "080416.938000", "080416.942000", "080416.945000", "080416.949000", "080416.953000", "080416.957000", "080416.961000", "080416.965000", "080416.970000", "080416.974000", "080416.977000", "080416.981000", "080416.985000", "080416.989000", "080416.993000", "080416.997000", "080456.850000", "080456.855000", "080456.859000", "080456.863000", "080456.867000", "080456.871000", "080456.875000", "080456.879000", "080456.883000", "080456.887000", "080456.891000", "080456.895000", "080456.899000", "080456.903000", "080456.907000", "080456.911000", "080456.916000", "080456.920000", "080456.924000", "080456.928000", "080456.932000", "080456.936000", "080456.940000", "080456.944000", "080456.948000", "080456.952000", "080456.956000", "080456.960000", "080456.965000", "080456.969000", "080456.973000", "080456.977000", "080456.981000", "080456.985000", "080456.989000", "080536.851000", "080536.856000", "080536.860000", "080536.863000", "080536.867000", "080536.872000", "080536.876000", "080536.880000", "080536.884000", "080536.888000", "080536.892000", "080536.895000", "080536.899000", "080536.903000", "080536.907000", "080536.911000", "080536.915000", "080536.919000", "080536.924000", "080536.928000", "080536.932000", "080536.936000", "080536.940000", "080536.944000", "080536.949000", "080536.953000", "080536.957000", "080536.972000", "080536.976000", "080536.980000", "080536.985000", "080536.989000", "080536.992000", "080536.996000", "080616.850000", "080616.855000", "080616.858000", "080616.862000", "080616.866000", "080616.870000", "080616.874000", "080616.878000", "080616.882000", "080616.886000", "080616.890000", "080616.893000", "080616.897000", "080616.901000", "080616.905000", "080616.909000", "080616.913000", "080616.917000", "080616.921000", "080616.925000", "080616.928000", "080616.933000", "080616.937000", "080616.941000", "080616.945000", "080616.949000", "080616.953000", "080616.957000", "080616.961000", "080616.965000", "080616.968000", "080616.972000", "080616.976000", "080616.980000", "080616.994000", "080618.664000", "080618.668000"], "InstanceCreationTime": ["080036.889000", "080036.894000", "080036.898000", "080036.902000", "080036.906000", "080036.910000", "080036.914000", "080036.918000", "080036.922000", "080036.926000", "080036.929000", "080036.933000", "080036.937000", "080036.941000", "080036.945000", "080036.957000", "080036.960000", "080036.964000", "080036.968000", "080036.972000", "080036.977000", "080036.981000", "080036.985000", "080036.989000", "080036.998000", "080037.003000", "080037.006000", "080056.850000", "080056.859000", "080056.863000", "080056.868000", "080056.871000", "080056.876000", "080056.880000", "080056.884000", "080056.894000", "080056.899000", "080056.902000", "080056.906000", "080056.910000", "080056.914000", "080056.920000", "080056.924000", "080056.928000", "080056.933000", "080056.937000", "080056.940000", "080136.849000", "080136.853000", "080136.857000", "080136.861000", "080136.864000", "080136.870000", "080136.873000", "080136.877000", "080136.881000", "080136.885000", "080136.888000", "080136.892000", "080136.896000", "080136.900000", "080136.904000", "080136.908000", "080136.912000", "080136.915000", "080136.919000", "080136.923000", "080136.927000", "080136.931000", "080136.935000", "080136.939000", "080136.943000", "080136.948000", "080136.952000", "080136.956000", "080136.960000", "080136.964000", "080136.968000", "080136.971000", "080136.975000", "080136.979000", "080136.983000", "080216.851000", "080216.855000", "080216.859000", "080216.863000", "080216.867000", "080216.871000", "080216.875000", "080216.879000", "080216.883000", "080216.887000", "080216.891000", "080216.895000", "080216.898000", "080216.902000", "080216.906000", "080216.910000", "080216.915000", "080216.918000", "080216.923000", "080216.926000", "080216.930000", "080216.934000", "080216.938000", "080216.942000", "080216.946000", "080216.950000", "080216.954000", "080216.958000", "080216.964000", "080216.968000", "080216.973000", "080216.976000", "080216.980000", "080216.984000", "080216.988000", "080256.849000", "080256.858000", "080256.862000", "080256.867000", "080256.871000", "080256.875000", "080256.879000", "080256.883000", "080256.886000", "080256.890000", "080256.894000", "080256.898000", "080256.902000", "080256.906000", "080256.910000", "080256.914000", "080256.918000", "080256.922000", "080256.935000", "080256.939000", "080256.943000", "080256.947000", "080256.951000", "080256.955000", "080256.959000", "080256.964000", "080256.967000", "080256.971000", "080256.975000", "080256.980000", "080256.983000", "080256.987000", "080256.991000", "080256.996000", "080336.850000", "080336.855000", "080336.858000", "080336.863000", "080336.866000", "080336.870000", "080336.874000", "080336.878000", "080336.883000", "080336.887000", "080336.891000", "080336.895000", "080336.899000", "080336.903000", "080336.907000", "080336.911000", "080336.915000", "080336.919000", "080336.923000", "080336.927000", "080336.931000", "080336.935000", "080336.939000", "080336.943000", "080336.947000", "080336.951000", "080336.955000", "080336.959000", "080336.963000", "080336.967000", "080336.971000", "080336.975000", "080336.979000", "080336.983000", "080336.987000", "080416.850000", "080416.855000", "080416.858000", "080416.862000", "080416.866000", "080416.870000", "080416.874000", "080416.877000", "080416.882000", "080416.885000", "080416.889000", "080416.893000", "080416.898000", "080416.902000", "080416.922000", "080416.926000", "080416.930000", "080416.934000", "080416.938000", "080416.942000", "080416.945000", "080416.949000", "080416.953000", "080416.957000", "080416.961000", "080416.965000", "080416.970000", "080416.974000", "080416.977000", "080416.981000", "080416.985000", "080416.989000", "080416.993000", "080416.997000", "080456.850000", "080456.855000", "080456.859000", "080456.863000", "080456.867000", "080456.871000", "080456.875000", "080456.879000", "080456.883000", "080456.887000", "080456.891000", "080456.895000", "080456.899000", "080456.903000", "080456.907000", "080456.911000", "080456.916000", "080456.920000", "080456.924000", "080456.928000", "080456.932000", "080456.936000", "080456.940000", "080456.944000", "080456.948000", "080456.952000", "080456.956000", "080456.960000", "080456.965000", "080456.969000", "080456.973000", "080456.977000", "080456.981000", "080456.985000", "080456.989000", "080536.851000", "080536.856000", "080536.860000", "080536.863000", "080536.867000", "080536.872000", "080536.876000", "080536.880000", "080536.884000", "080536.888000", "080536.892000", "080536.895000", "080536.899000", "080536.903000", "080536.907000", "080536.911000", "080536.915000", "080536.919000", "080536.924000", "080536.928000", "080536.932000", "080536.936000", "080536.940000", "080536.944000", "080536.949000", "080536.953000", "080536.957000", "080536.972000", "080536.976000", "080536.980000", "080536.985000", "080536.989000", "080536.992000", "080536.996000", "080616.850000", "080616.855000", "080616.858000", "080616.862000", "080616.866000", "080616.870000", "080616.874000", "080616.878000", "080616.882000", "080616.886000", "080616.890000", "080616.893000", "080616.897000", "080616.901000", "080616.905000", "080616.909000", "080616.913000", "080616.917000", "080616.921000", "080616.925000", "080616.928000", "080616.933000", "080616.937000", "080616.941000", "080616.945000", "080616.949000", "080616.953000", "080616.957000", "080616.961000", "080616.965000", "080616.968000", "080616.972000", "080616.976000", "080616.980000", "080616.994000", "080618.664000", "080618.668000"], "InstanceNumber": [1, 2, 3, 4, 5, 6, 7, 8, 9, 10, 11, 12, 13, 14, 15, 16, 17, 18, 19, 20, 21, 22, 23, 24, 25, 26, 27, 28, 29, 30, 31, 32, 33, 34, 35, 36, 37, 38, 39, 40, 41, 42, 43, 44, 45, 46, 47, 48, 49, 50, 51, 52, 53, 54, 55, 56, 57, 58, 59, 60, 61, 62, 63, 64, 65, 66, 67, 68, 69, 70, 71, 72, 73, 74, 75, 76, 77, 78, 79, 80, 81, 82, 83, 84, 85, 86, 87, 88, 89, 90, 91, 92, 93, 94, 95, 96, 97, 98, 99, 100, 101, 102, 103, 104, 105, 106, 107, 108, 109, 110, 111, 112, 113, 114, 115, 116, 117, 118, 119, 120, 121, 122, 123, 124, 125, 126, 127, 128, 129, 130, 131, 132, 133, 134, 135, 136, 137, 138, 139, 140, 141, 142, 143, 144, 145, 146, 147, 148, 149, 150, 151, 152, 153, 154, 155, 156, 157, 158, 159, 160, 161, 162, 163, 164, 165, 166, 167, 168, 169, 170, 171, 172, 173, 174, 175, 176, 177, 178, 179, 180, 181, 182, 183, 184, 185, 186, 187, 188, 189, 190, 191, 192, 193, 194, 195, 196, 197, 198, 199, 200, 201, 202, 203, 204, 205, 206, 207, 208, 209, 210, 211, 212, 213, 214, 215, 216, 217, 218, 219, 220, 221, 222, 223, 224, 225, 226, 227, 228, 229, 230, 231, 232, 233, 234, 235, 236, 237, 238, 239, 240, 241, 242, 243, 244, 245, 246, 247, 248, 249, 250, 251, 252, 253, 254, 255, 256, 257, 258, 259, 260, 261, 262, 263, 264, 265, 266, 267, 268, 269, 270, 271, 272, 273, 274, 275, 276, 277, 278, 279, 280, 281, 282, 283, 284, 285, 286, 287, 288, 289, 290, 291, 292, 293, 294, 295, 296, 297, 298, 299, 300, 301, 302, 303, 304, 305, 306, 307, 308, 309, 310, 311, 312, 313, 314, 315, 316, 317, 318, 319, 320, 321, 322, 323, 324, 325, 326], "LargestImagePixelValue": [33739, 38862, 32203, 31861, 31071, 36625, 31664, 31647, 33041, 30946, 30827, 45111, 32408, 37509, 48327, 48064, 30899, 31135, 39878, 36057, 31601, 45980, 38439, 31242, 31604, 38975, 43314, 33110, 31136, 31096, 41900, 31595, 31751, 38158, 31273, 33171, 31593, 41534, 48461, 42095, 31353, 38731, 35447, 31639, 37036, 31155, 34594, 31628, 44850, 32218, 34686, 41972, 37902, 31681, 31465, 46156, 34020, 31817, 38372, 31424, 32053, 31685, 43415, 32637, 35051, 31603, 36451, 31601, 32077, 46781, 44552, 32126, 32231, 40700, 31580, 31694, 46550, 45257, 31578, 32562, 38371, 41315, 32178, 35869, 31404, 35853, 31282, 32140, 42782, 48000, 42376, 31621, 31389, 44574, 36306, 31549, 46636, 42867, 31659, 31572, 33278, 31713, 31812, 41642, 31206, 32593, 31422, 45031, 34164, 39066, 31490, 37701, 31451, 34756, 44970, 35176, 39649, 31419, 31551, 35467, 31439, 46437, 33996, 32079, 43830, 31541, 33067, 31383, 31665, 44771, 34305, 33705, 31559, 31252, 36071, 34122, 42396, 36951, 41107, 33802, 39181, 31570, 45601, 31628, 35490, 31374, 36796, 32137, 31331, 41092, 43278, 32278, 31250, 34130, 39198, 31537, 43637, 50537, 34764, 31395, 31085, 41159, 35083, 32052, 45894, 49132, 32748, 31479, 47709, 37146, 31471, 31850, 31654, 31146, 33728, 34063, 42803, 33291, 39722, 31558, 44402, 31655, 39738, 44045, 42242, 31360, 31246, 37758, 31495, 31929, 46473, 31466, 32312, 31410, 38026, 43573, 34730, 40149, 31535, 42811, 31596, 31832, 42224, 44003, 36290, 31672, 31346, 38561, 31405, 46324, 46545, 31509, 32602, 41327, 31634, 31773, 42510, 40734, 32641, 32001, 31417, 47644, 40485, 42243, 31770, 31538, 40448, 34029, 31520, 39143, 46566, 36541, 31461, 33943, 47946, 36413, 37425, 31403, 32554, 40800, 33544, 32005, 48218, 43006, 31563, 31596, 45190, 43714, 33593, 36192, 40422, 31657, 31052, 47281, 34841, 35694, 35717, 31301, 32149, 31247, 39719, 36989, 38142, 37772, 31398, 32135, 42149, 31774, 44015, 49327, 32985, 31408, 46406, 41079, 39743, 31557, 31286, 35023, 31392, 42966, 43999, 39685, 31404, 34238, 37021, 31445, 43932, 48266, 33048, 31558, 38312, 38308, 32030, 38798, 31320, 39581, 31670, 31918, 48789, 42647, 31403, 32868, 43569, 34308, 39701, 44355, 38553, 31653, 32752, 40365, 48883, 34882, 31436, 31660, 40374, 31620, 31631, 43605, 43274, 43649, 31408, 32117, 41598, 31554, 31491, 39414], "WindowCenter": [10965.0, 10962.0, 10936.0, 10927.0, 10928.0, 10952.0, 10926.0, 10922.0, 10931.0, 10928.0, 10938.0, 10977.0, 10921.0, 10922.0, 10952.0, 10954.0, 10920.0, 10927.0, 10946.0, 10928.0, 10909.0, 10949.0, 10933.0, 10919.0, 10912.0, 10926.0, 10933.0, 10903.0, 10907.0, 10923.0, 10954.0, 10914.0, 10914.0, 10940.0, 10925.0, 10938.0, 10921.0, 10943.0, 10954.0, 10942.0, 10919.0, 10936.0, 10919.0, 10905.0, 10920.0, 10914.0, 10932.0, 10917.0, 10950.0, 10917.0, 10927.0, 10945.0, 10933.0, 10914.0, 10909.0, 10941.0, 10908.0, 10902.0, 10927.0, 10911.0, 10924.0, 10921.0, 10951.0, 10918.0, 10926.0, 10924.0, 10948.0, 10931.0, 10923.0, 10969.0, 10954.0, 10917.0, 10932.0, 10946.0, 10912.0, 10905.0, 10948.0, 10944.0, 10917.0, 10924.0, 10937.0, 10937.0, 10908.0, 10917.0, 10915.0, 10939.0, 10911.0, 10903.0, 10933.0, 10946.0, 10939.0, 10914.0, 10916.0, 10940.0, 10909.0, 10895.0, 10939.0, 10933.0, 10901.0, 10898.0, 10900.0, 10891.0, 10898.0, 10929.0, 10917.0, 10936.0, 10931.0, 10958.0, 10924.0, 10931.0, 10921.0, 10955.0, 10929.0, 10934.0, 10947.0, 10926.0, 10935.0, 10921.0, 10929.0, 10939.0, 10913.0, 10950.0, 10911.0, 10909.0, 10939.0, 10907.0, 10923.0, 10914.0, 10907.0, 10941.0, 10913.0, 10916.0, 10934.0, 10946.0, 10954.0, 10946.0, 10974.0, 10956.0, 10957.0, 10933.0, 10932.0, 10906.0, 10936.0, 10901.0, 10914.0, 10903.0, 10932.0, 10915.0, 10904.0, 10929.0, 10941.0, 10919.0, 10926.0, 10937.0, 10941.0, 10904.0, 10942.0, 10961.0, 10937.0, 10933.0, 10933.0, 10950.0, 10924.0, 10920.0, 10954.0, 10961.0, 10917.0, 10905.0, 10937.0, 10908.0, 10895.0, 10902.0, 10915.0, 10927.0, 10940.0, 10934.0, 10951.0, 10922.0, 10939.0, 10919.0, 10961.0, 10907.0, 10924.0, 10942.0, 10930.0, 10913.0, 10922.0, 10934.0, 10905.0, 10911.0, 10946.0, 10912.0, 10928.0, 10925.0, 10937.0, 10945.0, 10920.0, 10932.0, 10917.0, 10950.0, 10909.0, 10904.0, 10931.0, 10941.0, 10935.0, 10931.0, 10934.0, 10948.0, 10915.0, 10958.0, 10953.0, 10918.0, 10916.0, 10933.0, 10899.0, 10901.0, 10937.0, 10932.0, 10919.0, 10922.0, 10913.0, 10954.0, 10938.0, 10933.0, 10917.0, 10929.0, 10954.0, 10927.0, 10914.0, 10941.0, 10962.0, 10939.0, 10919.0, 10912.0, 10948.0, 10919.0, 10922.0, 10922.0, 10935.0, 10956.0, 10927.0, 10920.0, 10957.0, 10951.0, 10918.0, 10912.0, 10964.0, 10957.0, 10946.0, 10936.0, 10937.0, 10919.0, 10913.0, 10939.0, 10899.0, 10910.0, 10912.0, 10920.0, 10934.0, 10923.0, 10950.0, 10936.0, 10933.0, 10940.0, 10916.0, 10914.0, 10938.0, 10903.0, 10947.0, 10955.0, 10914.0, 10912.0, 10941.0, 10927.0, 10919.0, 10898.0, 10917.0, 10930.0, 10908.0, 10935.0, 10940.0, 10931.0, 10913.0, 10915.0, 10919.0, 10894.0, 10932.0, 10948.0, 10915.0, 10916.0, 10928.0, 10923.0, 10907.0, 10927.0, 10914.0, 10942.0, 10908.0, 10911.0, 10952.0, 10940.0, 10920.0, 10936.0, 10953.0, 10926.0, 10939.0, 10951.0, 10935.0, 10911.0, 10902.0, 10925.0, 10950.0, 10927.0, 10929.0, 10928.0, 10943.0, 10903.0, 10908.0, 10946.0, 10943.0, 10939.0, 10913.0, 10911.0, 10933.0, 10893.0, 10892.0, 10925.0], "WindowWidth": [23592.0, 23572.0, 23500.0, 23467.0, 23469.0, 23526.0, 23464.0, 23451.0, 23474.0, 23463.0, 23490.0, 23590.0, 23446.0, 23448.0, 23529.0, 23528.0, 23445.0, 23463.0, 23508.0, 23464.0, 23416.0, 23515.0, 23476.0, 23441.0, 23422.0, 23454.0, 23477.0, 23403.0, 23411.0, 23452.0, 23529.0, 23428.0, 23431.0, 23488.0, 23458.0, 23488.0, 23444.0, 23501.0, 23530.0, 23497.0, 23440.0, 23480.0, 23437.0, 23407.0, 23442.0, 23429.0, 23476.0, 23435.0, 23518.0, 23439.0, 23463.0, 23501.0, 23476.0, 23429.0, 23414.0, 23494.0, 23413.0, 23401.0, 23459.0, 23422.0, 23455.0, 23447.0, 23519.0, 23443.0, 23458.0, 23454.0, 23514.0, 23472.0, 23450.0, 23570.0, 23528.0, 23435.0, 23473.0, 23509.0, 23423.0, 23406.0, 23516.0, 23506.0, 23436.0, 23454.0, 23484.0, 23487.0, 23417.0, 23437.0, 23432.0, 23488.0, 23422.0, 23400.0, 23475.0, 23512.0, 23490.0, 23428.0, 23435.0, 23491.0, 23414.0, 23382.0, 23491.0, 23474.0, 23393.0, 23386.0, 23393.0, 23370.0, 23391.0, 23464.0, 23435.0, 23482.0, 23470.0, 23536.0, 23453.0, 23470.0, 23445.0, 23531.0, 23465.0, 23474.0, 23510.0, 23460.0, 23478.0, 23445.0, 23465.0, 23490.0, 23425.0, 23517.0, 23420.0, 23418.0, 23488.0, 23408.0, 23449.0, 23426.0, 23408.0, 23495.0, 23427.0, 23433.0, 23478.0, 23511.0, 23527.0, 23509.0, 23580.0, 23537.0, 23528.0, 23472.0, 23466.0, 23401.0, 23481.0, 23395.0, 23425.0, 23397.0, 23470.0, 23428.0, 23400.0, 23460.0, 23491.0, 23439.0, 23458.0, 23481.0, 23491.0, 23397.0, 23492.0, 23544.0, 23482.0, 23475.0, 23474.0, 23514.0, 23449.0, 23443.0, 23525.0, 23541.0, 23428.0, 23401.0, 23482.0, 23407.0, 23380.0, 23397.0, 23427.0, 23458.0, 23488.0, 23473.0, 23516.0, 23445.0, 23484.0, 23436.0, 23543.0, 23406.0, 23446.0, 23500.0, 23463.0, 23419.0, 23444.0, 23474.0, 23402.0, 23419.0, 23503.0, 23418.0, 23458.0, 23452.0, 23479.0, 23504.0, 23441.0, 23465.0, 23430.0, 23512.0, 23411.0, 23397.0, 23466.0, 23497.0, 23477.0, 23468.0, 23474.0, 23507.0, 23428.0, 23536.0, 23523.0, 23433.0, 23430.0, 23471.0, 23384.0, 23394.0, 23484.0, 23466.0, 23438.0, 23444.0, 23422.0, 23521.0, 23487.0, 23469.0, 23431.0, 23462.0, 23524.0, 23456.0, 23425.0, 23493.0, 23542.0, 23489.0, 23435.0, 23418.0, 23511.0, 23437.0, 23441.0, 23443.0, 23480.0, 23530.0, 23455.0, 23443.0, 23533.0, 23515.0, 23433.0, 23416.0, 23554.0, 23534.0, 23515.0, 23478.0, 23477.0, 23430.0, 23411.0, 23476.0, 23380.0, 23411.0, 23413.0, 23435.0, 23470.0, 23444.0, 23512.0, 23475.0, 23463.0, 23480.0, 23423.0, 23419.0, 23481.0, 23396.0, 23503.0, 23520.0, 23417.0, 23413.0, 23482.0, 23455.0, 23432.0, 23380.0, 23428.0, 23462.0, 23405.0, 23471.0, 23490.0, 23459.0, 23417.0, 23421.0, 23430.0, 23371.0, 23468.0, 23503.0, 23424.0, 23424.0, 23453.0, 23442.0, 23406.0, 23450.0, 23421.0, 23490.0, 23406.0, 23412.0, 23520.0, 23486.0, 23438.0, 23477.0, 23519.0, 23451.0, 23481.0, 23510.0, 23474.0, 23412.0, 23389.0, 23447.0, 23512.0, 23455.0, 23460.0, 23457.0, 23492.0, 23394.0, 23403.0, 23498.0, 23500.0, 23482.0, 23418.0, 23413.0, 23468.0, 23369.0, 23368.0, 23449.0]}, "slices": {}}}