{"AcquisitionMatrixPE": 96, "AcquisitionNumber": 1, "AcquisitionTime": "07:46:8.865000", "BandwidthPerPixelPhaseEncode": 33.602, "BaseResolution": 96, "BodyPartExamined": "BRAIN", "ConsistencyInfo": "N4_VD13A_LATEST_20120616", "ConversionSoftware": "dcm2niix", "ConversionSoftwareVersion": "v1.0.20210317", "DerivedVendorReportedEchoSpacing": 0.000620003, "DeviceSerialNumber": "45239", "DwellTime": 2.6e-06, "EchoTime": 0.03, "EchoTrainLength": 47, "EffectiveEchoSpacing": 0.000310001, "FlipAngle": 63, "ImageComments": "Unaliased MB4/PE3", "ImageOrientationPatientDICOM": [0.999837, -0.00507299, -0.0173405, -0.00467333, 0.854492, -0.519444], "ImageType": ["ORIGINAL", "PRIMARY", "M", "ND", "NORM", "MOSAIC"], "ImagingFrequency": 123.191, "InPlanePhaseEncodingDirectionDICOM": "COL", "InstitutionAddress": "E 24th St. 100,Austin,Southmiddle,US,78712", "InstitutionName": "The Univ. of Texas at Austin IRC", "InstitutionalDepartmentName": "IRC", "MRAcquisitionType": "2D", "MagneticFieldStrength": 3, "Manufacturer": "Siemens", "ManufacturersModelName": "Skyra", "Modality": "MR", "MultibandAccelerationFactor": 4, "ParallelReductionFactorInPlane": 2, "PartialFourier": 1, "PatientPosition": "HFS", "PercentPhaseFOV": 100, "PercentSampling": 100, "PhaseEncodingDirection": "j-", "PhaseEncodingSteps": 95, "PhaseResolution": 1, "PixelBandwidth": 2005, "ProcedureStepDescription": "Poldrack2^self-scanning", "ProtocolName": "Resting State fMRI MBEPI_matrix96_BW2004", "PulseSequenceDetails": "%CustomerSeq%\\cmrr_mbep2d_bold", "ReceiveCoilActiveElements": "HEA;HEP", "ReceiveCoilName": "Head_32", "ReconMatrixPE": 96, "RefLinesPE": 48, "RepetitionTime": 1.16, "SAR": 0.121652, "ScanOptions": "FS", "ScanningSequence": "EP", "SequenceName": "epfid2d1_96", "SequenceVariant": "SK", "SeriesDescription": "Resting State fMRI MBEPI_matrix96_BW2004", "SeriesNumber": 10, "ShimSetting": [-2987, 8341, -15469, -775, 123, -480, 71, 184], "SliceThickness": 2, "SliceTiming": [0, 0.5, 0.9975, 0.3575, 0.855, 0.215, 0.7125, 0.0725, 0.57, 1.0675, 0.4275, 0.925, 0.285, 0.7825, 0.1425, 0.6425, 0, 0.5, 0.9975, 0.3575, 0.855, 0.215, 0.7125, 0.0725, 0.57, 1.0675, 0.4275, 0.925, 0.285, 0.7825, 0.1425, 0.6425, 0, 0.5, 0.9975, 0.3575, 0.855, 0.215, 0.7125, 0.0725, 0.57, 1.0675, 0.4275, 0.925, 0.285, 0.7825, 0.1425, 0.6425, 0, 0.5, 0.9975, 0.3575, 0.855, 0.215, 0.7125, 0.0725, 0.57, 1.0675, 0.4275, 0.925, 0.285, 0.7825, 0.1425, 0.6425], "SoftwareVersions": "syngo MR D13", "SpacingBetweenSlices": 2.4, "StationName": "AWP45239", "TaskName": "Resting fmri", "TotalReadoutTime": 0.0294501, "TxRefAmp": 338.277, "WipMemBlock": "d5aecf72-9276-41fd-a45d-d8503b83944f||Sequence: vd13a/R010 r/fd129fc; Dec 13 2013 16:14:27 by eja", "dcmmeta_affine": [[-2.395442247390747, -0.011196519248187542, -0.04188580811023712, 117.62423706054688], [0.012154039926826954, 2.04721999168396, -1.2466559410095215, -76.79784393310547], [-0.04154486581683159, 1.2445005178451538, 2.050388813018799, -79.0538330078125], [0.0, 0.0, 0.0, 1.0]], "dcmmeta_reorient_transform": [[0.0, -1.0, 0.0, 95.0], [1.0, 0.0, 0.0, 0.0], [0.0, 0.0, 1.0, 0.0], [0.0, 0.0, 0.0, 1.0]], "dcmmeta_shape": [96, 96, 64, 518], "dcmmeta_slice_dim": 2, "dcmmeta_version": 0.6, "global": {"const": {"AcquisitionMatrix": [96, 0, 0, 96], "AngioFlag": "N", "BitsAllocated": 16, "BitsStored": 16, "BodyPartExamined": "BRAIN", "Columns": 768, "DeidentificationMethodCodeSequence": [{"CodeMeaning": "XNAT Edit Script", "CodeValue": "93", "CodingSchemeDesignator": "XNAT", "CodingSchemeVersion": "0.1"}], "EchoNumbers": 1, "EchoTime": 30.0, "EchoTrainLength": 47, "FlipAngle": 63.0, "HighBit": 15, "ImageOrientationPatient": [0.9998367731714, -0.0050729908154, -0.0173404664987, -0.0046733300595, 0.85449187597995, -0.5194437350382], "ImagePositionPatient": [-917.66711638191, -801.47024268574, 471.28498769837], "ImageType": ["ORIGINAL", "PRIMARY", "M", "ND", "NORM", "MOSAIC"], "ImagedNucleus": "1H", "ImagingFrequency": 123.191313, "InPlanePhaseEncodingDirection": "COL", "MRAcquisitionType": "2D", "MagneticFieldStrength": 3.0, "Manufacturer": "SIEMENS", "ManufacturerModelName": "Skyra", "Modality": "MR", "NumberOfAverages": 1.0, "NumberOfPhaseEncodingSteps": 95, "PercentPhaseFieldOfView": 100.0, "PercentSampling": 100.0, "PerformedProcedureStepStartTime": "073443.962000", "PhotometricInterpretation": "MONOCHROME2", "PixelBandwidth": 2005.0, "PixelRepresentation": 0, "PixelSpacing": [2.3958332538605, 2.3958332538605], "ProtocolName": "Resting State fMRI MBEPI_matrix96_BW2004", "RepetitionTime": 1160.0, "Rows": 768, "SAR": 0.12165166860872, "SamplesPerPixel": 1, "ScanOptions": "FS", "ScanningSequence": "EP", "SequenceName": "epfid2d1_96", "SequenceVariant": "SK", "SeriesDescription": "Resting State fMRI MBEPI_matrix96_BW2004", "SeriesNumber": 10, "SeriesTime": "074646.139000", "SliceLocation": -29.698917017449, "SliceThickness": 2.0, "SmallestImagePixelValue": 0, "SoftwareVersions": "syngo MR D13", "SpacingBetweenSlices": 2.3999999636557, "SpecificCharacterSet": "ISO_IR 100", "StudyID": "1", "StudyTime": "073443.858000", "TransmitCoilName": "Body", "VariableFlipAngleFlag": "N", "WindowCenterWidthExplanation": "Algo1", "dBdt": 0.0}, "slices": {}}, "time": {"samples": {"AcquisitionNumber": [1, 2, 3, 4, 5, 6, 7, 8, 9, 10, 11, 12, 13, 14, 15, 16, 17, 18, 19, 20, 21, 22, 23, 24, 25, 26, 27, 28, 29, 30, 31, 32, 33, 34, 35, 36, 37, 38, 39, 40, 41, 42, 43, 44, 45, 46, 47, 48, 49, 50, 51, 52, 53, 54, 55, 56, 57, 58, 59, 60, 61, 62, 63, 64, 65, 66, 67, 68, 69, 70, 71, 72, 73, 74, 75, 76, 77, 78, 79, 80, 81, 82, 83, 84, 85, 86, 87, 88, 89, 90, 91, 92, 93, 94, 95, 96, 97, 98, 99, 100, 101, 102, 103, 104, 105, 106, 107, 108, 109, 110, 111, 112, 113, 114, 115, 116, 117, 118, 119, 120, 121, 122, 123, 124, 125, 126, 127, 128, 129, 130, 131, 132, 133, 134, 135, 136, 137, 138, 139, 140, 141, 142, 143, 144, 145, 146, 147, 148, 149, 150, 151, 152, 153, 154, 155, 156, 157, 158, 159, 160, 161, 162, 163, 164, 165, 166, 167, 168, 169, 170, 171, 172, 173, 174, 175, 176, 177, 178, 179, 180, 181, 182, 183, 184, 185, 186, 187, 188, 189, 190, 191, 192, 193, 194, 195, 196, 197, 198, 199, 200, 201, 202, 203, 204, 205, 206, 207, 208, 209, 210, 211, 212, 213, 214, 215, 216, 217, 218, 219, 220, 221, 222, 223, 224, 225, 226, 227, 228, 229, 230, 231, 232, 233, 234, 235, 236, 237, 238, 239, 240, 241, 242, 243, 244, 245, 246, 247, 248, 249, 250, 251, 252, 253, 254, 255, 256, 257, 258, 259, 260, 261, 262, 263, 264, 265, 266, 267, 268, 269, 270, 271, 272, 273, 274, 275, 276, 277, 278, 279, 280, 281, 282, 283, 284, 285, 286, 287, 288, 289, 290, 291, 292, 293, 294, 295, 296, 297, 298, 299, 300, 301, 302, 303, 304, 305, 306, 307, 308, 309, 310, 311, 312, 313, 314, 315, 316, 317, 318, 319, 320, 321, 322, 323, 324, 325, 326, 327, 328, 329, 330, 331, 332, 333, 334, 335, 336, 337, 338, 339, 340, 341, 342, 343, 344, 345, 346, 347, 348, 349, 350, 351, 352, 353, 354, 355, 356, 357, 358, 359, 360, 361, 362, 363, 364, 365, 366, 367, 368, 369, 370, 371, 372, 373, 374, 375, 376, 377, 378, 379, 380, 381, 382, 383, 384, 385, 386, 387, 388, 389, 390, 391, 392, 393, 394, 395, 396, 397, 398, 399, 400, 401, 402, 403, 404, 405, 406, 407, 408, 409, 410, 411, 412, 413, 414, 415, 416, 417, 418, 419, 420, 421, 422, 423, 424, 425, 426, 427, 428, 429, 430, 431, 432, 433, 434, 435, 436, 437, 438, 439, 440, 441, 442, 443, 444, 445, 446, 447, 448, 449, 450, 451, 452, 453, 454, 455, 456, 457, 458, 459, 460, 461, 462, 463, 464, 465, 466, 467, 468, 469, 470, 471, 472, 473, 474, 475, 476, 477, 478, 479, 480, 481, 482, 483, 484, 485, 486, 487, 488, 489, 490, 491, 492, 493, 494, 495, 496, 497, 498, 499, 500, 501, 502, 503, 504, 505, 506, 507, 508, 509, 510, 511, 512, 513, 514, 515, 516, 517, 518], "AcquisitionTime": ["074608.865000", "074615.805000", "074616.965000", "074618.125000", "074619.285000", "074620.445000", "074621.605000", "074622.765000", "074623.925000", "074625.085000", "074626.245000", "074627.405000", "074628.565000", "074629.725000", "074630.885000", "074632.045000", "074633.205000", "074634.365000", "074635.525000", "074636.685000", "074637.845000", "074639.005000", "074640.165000", "074641.325000", "074642.485000", "074643.645000", "074644.805000", "074645.965000", "074647.125000", "074648.285000", "074649.445000", "074650.605000", "074651.765000", "074652.925000", "074654.085000", "074655.245000", "074656.405000", "074657.565000", "074658.725000", "074659.885000", "074701.045000", "074702.205000", "074703.365000", "074704.525000", "074705.685000", "074706.845000", "074708.005000", "074709.165000", "074710.325000", "074711.485000", "074712.645000", "074713.805000", "074714.965000", "074716.125000", "074717.285000", "074718.445000", "074719.605000", "074720.765000", "074721.925000", "074723.085000", "074724.245000", "074725.405000", "074726.565000", "074727.725000", "074728.885000", "074730.045000", "074731.205000", "074732.365000", "074733.525000", "074734.685000", "074735.845000", "074737.005000", "074738.165000", "074739.325000", "074740.485000", "074741.645000", "074742.805000", "074743.965000", "074745.125000", "074746.285000", "074747.445000", "074748.605000", "074749.765000", "074750.925000", "074752.085000", "074753.245000", "074754.405000", "074755.565000", "074756.725000", "074757.885000", "074759.045000", "074800.205000", "074801.365000", "074802.525000", "074803.685000", "074804.845000", "074806.005000", "074807.165000", "074808.325000", "074809.485000", "074810.645000", "074811.805000", "074812.965000", "074814.125000", "074815.285000", "074816.445000", "074817.605000", "074818.765000", "074819.925000", "074821.085000", "074822.245000", "074823.405000", "074824.565000", "074825.725000", "074826.885000", "074828.045000", "074829.205000", "074830.367500", "074831.527500", "074832.687500", "074833.847500", "074835.007500", "074836.167500", "074837.327500", "074838.487500", "074839.647500", "074840.807500", "074841.967500", "074843.127500", "074844.287500", "074845.447500", "074846.607500", "074847.767500", "074848.927500", "074850.087500", "074851.247500", "074852.407500", "074853.567500", "074854.727500", "074855.887500", "074857.047500", "074858.207500", "074859.367500", "074900.527500", "074901.687500", "074902.847500", "074904.007500", "074905.167500", "074906.327500", "074907.487500", "074908.647500", "074909.807500", "074910.967500", "074912.127500", "074913.287500", "074914.447500", "074915.607500", "074916.767500", "074917.927500", "074919.087500", "074920.247500", "074921.407500", "074922.567500", "074923.727500", "074924.887500", "074926.047500", "074927.207500", "074928.367500", "074929.527500", "074930.687500", "074931.847500", "074933.007500", "074934.167500", "074935.327500", "074936.487500", "074937.647500", "074938.807500", "074939.967500", "074941.127500", "074942.287500", "074943.447500", "074944.607500", "074945.767500", "074946.927500", "074948.087500", "074949.247500", "074950.407500", "074951.567500", "074952.727500", "074953.887500", "074955.047500", "074956.207500", "074957.367500", "074958.527500", "074959.687500", "075000.847500", "075002.007500", "075003.167500", "075004.327500", "075005.487500", "075006.647500", "075007.807500", "075008.967500", "075010.127500", "075011.287500", "075012.447500", "075013.607500", "075014.767500", "075015.927500", "075017.087500", "075018.247500", "075019.407500", "075020.567500", "075021.727500", "075022.887500", "075024.047500", "075025.207500", "075026.367500", "075027.527500", "075028.687500", "075029.847500", "075031.007500", "075032.167500", "075033.327500", "075034.487500", "075035.647500", "075036.807500", "075037.967500", "075039.127500", "075040.287500", "075041.447500", "075042.607500", "075043.767500", "075044.927500", "075046.087500", "075047.247500", "075048.407500", "075049.567500", "075050.727500", "075051.887500", "075053.047500", "075054.207500", "075055.367500", "075056.527500", "075057.687500", "075058.847500", "075100.007500", "075101.167500", "075102.327500", "075103.487500", "075104.647500", "075105.807500", "075106.967500", "075108.127500", "075109.287500", "075110.447500", "075111.607500", "075112.767500", "075113.927500", "075115.087500", "075116.247500", "075117.407500", "075118.567500", "075119.727500", "075120.887500", "075122.047500", "075123.207500", "075124.367500", "075125.527500", "075126.687500", "075127.847500", "075129.007500", "075130.167500", "075131.327500", "075132.487500", "075133.647500", "075134.807500", "075135.967500", "075137.127500", "075138.287500", "075139.447500", "075140.607500", "075141.767500", "075142.927500", "075144.087500", "075145.247500", "075146.407500", "075147.567500", "075148.727500", "075149.887500", "075151.047500", "075152.207500", "075153.367500", "075154.527500", "075155.687500", "075156.847500", "075158.007500", "075159.167500", "075200.327500", "075201.487500", "075202.647500", "075203.807500", "075204.967500", "075206.127500", "075207.287500", "075208.447500", "075209.607500", "075210.767500", "075211.927500", "075213.087500", "075214.247500", "075215.407500", "075216.567500", "075217.727500", "075218.887500", "075220.047500", "075221.207500", "075222.367500", "075223.527500", "075224.687500", "075225.847500", "075227.007500", "075228.167500", "075229.327500", "075230.487500", "075231.647500", "075232.807500", "075233.967500", "075235.127500", "075236.287500", "075237.447500", "075238.607500", "075239.767500", "075240.927500", "075242.087500", "075243.247500", "075244.407500", "075245.567500", "075246.727500", "075247.887500", "075249.047500", "075250.207500", "075251.367500", "075252.527500", "075253.687500", "075254.847500", "075256.007500", "075257.167500", "075258.327500", "075259.487500", "075300.647500", "075301.807500", "075302.967500", "075304.127500", "075305.287500", "075306.447500", "075307.607500", "075308.767500", "075309.927500", "075311.087500", "075312.247500", "075313.407500", "075314.567500", "075315.727500", "075316.887500", "075318.047500", "075319.207500", "075320.370000", "075321.530000", "075322.690000", "075323.850000", "075325.010000", "075326.170000", "075327.330000", "075328.490000", "075329.650000", "075330.810000", "075331.970000", "075333.130000", "075334.290000", "075335.450000", "075336.610000", "075337.770000", "075338.930000", "075340.090000", "075341.250000", "075342.410000", "075343.570000", "075344.730000", "075345.890000", "075347.050000", "075348.210000", "075349.370000", "075350.530000", "075351.690000", "075352.850000", "075354.010000", "075355.170000", "075356.330000", "075357.490000", "075358.650000", "075359.810000", "075400.970000", "075402.130000", "075403.290000", "075404.450000", "075405.610000", "075406.770000", "075407.930000", "075409.090000", "075410.250000", "075411.410000", "075412.570000", "075413.730000", "075414.890000", "075416.050000", "075417.210000", "075418.370000", "075419.530000", "075420.690000", "075421.850000", "075423.010000", "075424.170000", "075425.330000", "075426.490000", "075427.650000", "075428.810000", "075429.970000", "075431.130000", "075432.290000", "075433.450000", "075434.610000", "075435.770000", "075436.930000", "075438.090000", "075439.250000", "075440.410000", "075441.570000", "075442.730000", "075443.890000", "075445.050000", "075446.210000", "075447.370000", "075448.530000", "075449.690000", "075450.850000", "075452.010000", "075453.170000", "075454.330000", "075455.490000", "075456.650000", "075457.810000", "075458.970000", "075500.130000", "075501.290000", "075502.450000", "075503.610000", "075504.770000", "075505.930000", "075507.090000", "075508.250000", "075509.410000", "075510.570000", "075511.730000", "075512.890000", "075514.050000", "075515.210000", "075516.370000", "075517.530000", "075518.690000", "075519.850000", "075521.010000", "075522.170000", "075523.330000", "075524.490000", "075525.650000", "075526.810000", "075527.970000", "075529.130000", "075530.290000", "075531.450000", "075532.610000", "075533.770000", "075534.930000", "075536.090000", "075537.250000", "075538.410000", "075539.570000", "075540.730000", "075541.890000", "075543.050000", "075544.210000", "075545.370000", "075546.530000", "075547.690000", "075548.850000", "075550.010000", "075551.170000", "075552.330000", "075553.490000", "075554.650000", "075555.810000", "075556.970000", "075558.130000", "075559.290000", "075600.450000", "075601.610000", "075602.770000", "075603.930000", "075605.090000", "075606.250000", "075607.410000", "075608.570000", "075609.730000", "075610.890000", "075612.050000", "075613.210000", "075614.370000"], "ContentTime": ["074646.143000", "074646.147000", "074646.152000", "074646.156000", "074646.160000", "074646.164000", "074646.168000", "074646.172000", "074646.176000", "074646.179000", "074646.184000", "074646.188000", "074646.202000", "074646.206000", "074646.210000", "074646.214000", "074646.220000", "074646.224000", "074646.228000", "074646.232000", "074646.237000", "074706.092000", "074706.100000", "074706.104000", "074706.108000", "074706.112000", "074706.116000", "074706.120000", "074706.123000", "074706.128000", "074706.132000", "074706.135000", "074706.139000", "074706.143000", "074706.149000", "074706.153000", "074706.157000", "074706.161000", "074706.165000", "074706.168000", "074706.172000", "074746.092000", "074746.096000", "074746.100000", "074746.104000", "074746.108000", "074746.112000", "074746.116000", "074746.120000", "074746.127000", "074746.130000", "074746.135000", "074746.138000", "074746.142000", "074746.146000", "074746.150000", "074746.154000", "074746.158000", "074746.162000", "074746.166000", "074746.170000", "074746.174000", "074746.177000", "074746.182000", "074746.186000", "074746.189000", "074746.193000", "074746.197000", "074746.201000", "074746.205000", "074746.209000", "074746.213000", "074746.217000", "074746.221000", "074746.225000", "074746.229000", "074746.233000", "074746.236000", "074826.093000", "074826.098000", "074826.102000", "074826.106000", "074826.110000", "074826.114000", "074826.118000", "074826.122000", "074826.126000", "074826.130000", "074826.134000", "074826.138000", "074826.143000", "074826.147000", "074826.151000", "074826.155000", "074826.159000", "074826.163000", "074826.167000", "074826.171000", "074826.175000", "074826.179000", "074826.183000", "074826.187000", "074826.191000", "074826.195000", "074826.199000", "074826.203000", "074826.207000", "074826.211000", "074826.215000", "074826.219000", "074826.223000", "074826.227000", "074906.092000", "074906.097000", "074906.100000", "074906.104000", "074906.108000", "074906.113000", "074906.117000", "074906.121000", "074906.125000", "074906.129000", "074906.138000", "074906.143000", "074906.146000", "074906.151000", "074906.155000", "074906.159000", "074906.163000", "074906.167000", "074906.171000", "074906.174000", "074906.179000", "074906.183000", "074906.187000", "074906.191000", "074906.195000", "074906.199000", "074906.203000", "074906.207000", "074906.211000", "074906.215000", "074906.218000", "074906.222000", "074906.226000", "074906.230000", "074906.234000", "074946.091000", "074946.096000", "074946.099000", "074946.103000", "074946.107000", "074946.111000", "074946.115000", "074946.119000", "074946.123000", "074946.127000", "074946.131000", "074946.135000", "074946.138000", "074946.143000", "074946.147000", "074946.151000", "074946.155000", "074946.158000", "074946.163000", "074946.167000", "074946.171000", "074946.175000", "074946.179000", "074946.185000", "074946.188000", "074946.192000", "074946.197000", "074946.200000", "074946.204000", "074946.208000", "074946.213000", "074946.217000", "074946.221000", "074946.225000", "075026.091000", "075026.095000", "075026.099000", "075026.102000", "075026.106000", "075026.110000", "075026.114000", "075026.117000", "075026.121000", "075026.125000", "075026.129000", "075026.132000", "075026.136000", "075026.140000", "075026.144000", "075026.148000", "075026.152000", "075026.168000", "075026.173000", "075026.177000", "075026.180000", "075026.184000", "075026.188000", "075026.192000", "075026.196000", "075026.200000", "075026.204000", "075026.208000", "075026.211000", "075026.216000", "075026.220000", "075026.224000", "075026.228000", "075026.232000", "075026.236000", "075106.092000", "075106.096000", "075106.100000", "075106.109000", "075106.113000", "075106.117000", "075106.121000", "075106.125000", "075106.129000", "075106.133000", "075106.137000", "075106.141000", "075106.144000", "075106.149000", "075106.152000", "075106.156000", "075106.160000", "075106.164000", "075106.168000", "075106.172000", "075106.176000", "075106.180000", "075106.184000", "075106.189000", "075106.192000", "075106.196000", "075106.200000", "075106.204000", "075106.208000", "075106.212000", "075106.216000", "075106.220000", "075106.225000", "075106.229000", "075146.090000", "075146.094000", "075146.098000", "075146.102000", "075146.106000", "075146.110000", "075146.114000", "075146.119000", "075146.123000", "075146.127000", "075146.130000", "075146.138000", "075146.142000", "075146.145000", "075146.149000", "075146.153000", "075146.157000", "075146.160000", "075146.167000", "075146.171000", "075146.175000", "075146.179000", "075146.183000", "075146.188000", "075146.191000", "075146.195000", "075146.199000", "075146.202000", "075146.206000", "075146.210000", "075146.214000", "075146.218000", "075146.221000", "075146.225000", "075226.091000", "075226.096000", "075226.100000", "075226.104000", "075226.108000", "075226.112000", "075226.116000", "075226.119000", "075226.123000", "075226.128000", "075226.132000", "075226.135000", "075226.139000", "075226.144000", "075226.148000", "075226.152000", "075226.156000", "075226.160000", "075226.164000", "075226.168000", "075226.172000", "075226.176000", "075226.180000", "075226.184000", "075226.188000", "075226.192000", "075226.196000", "075226.200000", "075226.204000", "075226.208000", "075226.212000", "075226.216000", "075226.220000", "075226.224000", "075226.228000", "075306.093000", "075306.097000", "075306.102000", "075306.106000", "075306.110000", "075306.114000", "075306.118000", "075306.122000", "075306.131000", "075306.135000", "075306.139000", "075306.143000", "075306.147000", "075306.151000", "075306.155000", "075306.159000", "075306.163000", "075306.167000", "075306.171000", "075306.175000", "075306.179000", "075306.183000", "075306.187000", "075306.191000", "075306.195000", "075306.199000", "075306.203000", "075306.207000", "075306.211000", "075306.215000", "075306.219000", "075306.223000", "075306.228000", "075306.232000", "075346.091000", "075346.097000", "075346.107000", "075346.111000", "075346.115000", "075346.119000", "075346.123000", "075346.127000", "075346.131000", "075346.135000", "075346.139000", "075346.143000", "075346.147000", "075346.151000", "075346.155000", "075346.159000", "075346.163000", "075346.167000", "075346.171000", "075346.184000", "075346.188000", "075346.192000", "075346.196000", "075346.200000", "075346.204000", "075346.208000", "075346.212000", "075346.215000", "075346.219000", "075346.223000", "075346.228000", "075346.231000", "075346.235000", "075346.239000", "075346.243000", "075426.091000", "075426.096000", "075426.100000", "075426.112000", "075426.115000", "075426.119000", "075426.123000", "075426.128000", "075426.132000", "075426.136000", "075426.140000", "075426.144000", "075426.148000", "075426.152000", "075426.156000", "075426.159000", "075426.163000", "075426.174000", "075426.178000", "075426.182000", "075426.186000", "075426.190000", "075426.195000", "075426.199000", "075426.203000", "075426.207000", "075426.211000", "075426.215000", "075426.219000", "075426.223000", "075426.227000", "075426.230000", "075426.234000", "075426.239000", "075506.092000", "075506.097000", "075506.101000", "075506.105000", "075506.109000", "075506.113000", "075506.117000", "075506.121000", "075506.125000", "075506.129000", "075506.133000", "075506.137000", "075506.140000", "075506.144000", "075506.148000", "075506.152000", "075506.155000", "075506.159000", "075506.163000", "075506.166000", "075506.170000", "075506.174000", "075506.178000", "075506.182000", "075506.185000", "075506.189000", "075506.193000", "075506.197000", "075506.201000", "075506.205000", "075506.208000", "075506.212000", "075506.216000", "075506.219000", "075506.223000", "075546.092000", "075546.097000", "075546.101000", "075546.105000", "075546.110000", "075546.113000", "075546.117000", "075546.121000", "075546.126000", "075546.130000", "075546.134000", "075546.138000", "075546.142000", "075546.145000", "075546.149000", "075546.153000", "075546.158000", "075546.161000", "075546.165000", "075546.169000", "075546.174000", "075546.177000", "075546.181000", "075546.185000", "075546.190000", "075546.193000", "075546.197000", "075546.201000", "075546.206000", "075546.209000", "075546.213000", "075546.217000", "075546.221000", "075546.225000", "075616.352000", "075616.356000", "075616.360000", "075616.363000", "075616.368000", "075616.372000", "075616.376000", "075616.380000", "075616.385000", "075616.389000", "075616.392000", "075616.396000", "075616.401000", "075616.405000", "075616.409000", "075616.412000", "075616.416000", "075616.420000", "075616.423000", "075616.427000", "075616.431000", "075616.435000", "075616.438000", "075616.442000", "075616.446000", "075616.450000", "075616.454000"], "InstanceCreationTime": ["074646.143000", "074646.147000", "074646.152000", "074646.156000", "074646.160000", "074646.164000", "074646.168000", "074646.172000", "074646.176000", "074646.179000", "074646.184000", "074646.188000", "074646.202000", "074646.206000", "074646.210000", "074646.214000", "074646.220000", "074646.224000", "074646.228000", "074646.232000", "074646.237000", "074706.092000", "074706.100000", "074706.104000", "074706.108000", "074706.112000", "074706.116000", "074706.120000", "074706.123000", "074706.128000", "074706.132000", "074706.135000", "074706.139000", "074706.143000", "074706.149000", "074706.153000", "074706.157000", "074706.161000", "074706.165000", "074706.168000", "074706.172000", "074746.092000", "074746.096000", "074746.100000", "074746.104000", "074746.108000", "074746.112000", "074746.116000", "074746.120000", "074746.127000", "074746.130000", "074746.135000", "074746.138000", "074746.142000", "074746.146000", "074746.150000", "074746.154000", "074746.158000", "074746.162000", "074746.166000", "074746.170000", "074746.174000", "074746.177000", "074746.182000", "074746.186000", "074746.189000", "074746.193000", "074746.197000", "074746.201000", "074746.205000", "074746.209000", "074746.213000", "074746.217000", "074746.221000", "074746.225000", "074746.229000", "074746.233000", "074746.236000", "074826.093000", "074826.098000", "074826.102000", "074826.106000", "074826.110000", "074826.114000", "074826.118000", "074826.122000", "074826.126000", "074826.130000", "074826.134000", "074826.138000", "074826.143000", "074826.147000", "074826.151000", "074826.155000", "074826.159000", "074826.163000", "074826.167000", "074826.171000", "074826.175000", "074826.179000", "074826.183000", "074826.187000", "074826.191000", "074826.195000", "074826.199000", "074826.203000", "074826.207000", "074826.211000", "074826.215000", "074826.219000", "074826.223000", "074826.227000", "074906.092000", "074906.097000", "074906.100000", "074906.104000", "074906.108000", "074906.113000", "074906.117000", "074906.121000", "074906.125000", "074906.129000", "074906.138000", "074906.143000", "074906.146000", "074906.151000", "074906.155000", "074906.159000", "074906.163000", "074906.167000", "074906.171000", "074906.174000", "074906.179000", "074906.183000", "074906.187000", "074906.191000", "074906.195000", "074906.199000", "074906.203000", "074906.207000", "074906.211000", "074906.215000", "074906.218000", "074906.222000", "074906.226000", "074906.230000", "074906.234000", "074946.091000", "074946.096000", "074946.099000", "074946.103000", "074946.107000", "074946.111000", "074946.115000", "074946.119000", "074946.123000", "074946.127000", "074946.131000", "074946.135000", "074946.138000", "074946.143000", "074946.147000", "074946.151000", "074946.155000", "074946.158000", "074946.163000", "074946.167000", "074946.171000", "074946.175000", "074946.179000", "074946.185000", "074946.188000", "074946.192000", "074946.197000", "074946.200000", "074946.204000", "074946.208000", "074946.213000", "074946.217000", "074946.221000", "074946.225000", "075026.091000", "075026.095000", "075026.099000", "075026.102000", "075026.106000", "075026.110000", "075026.114000", "075026.117000", "075026.121000", "075026.125000", "075026.129000", "075026.132000", "075026.136000", "075026.140000", "075026.144000", "075026.148000", "075026.152000", "075026.168000", "075026.173000", "075026.177000", "075026.180000", "075026.184000", "075026.188000", "075026.192000", "075026.196000", "075026.200000", "075026.204000", "075026.208000", "075026.211000", "075026.216000", "075026.220000", "075026.224000", "075026.228000", "075026.232000", "075026.236000", "075106.092000", "075106.096000", "075106.100000", "075106.109000", "075106.113000", "075106.117000", "075106.121000", "075106.125000", "075106.129000", "075106.133000", "075106.137000", "075106.141000", "075106.144000", "075106.149000", "075106.152000", "075106.156000", "075106.160000", "075106.164000", "075106.168000", "075106.172000", "075106.176000", "075106.180000", "075106.184000", "075106.189000", "075106.192000", "075106.196000", "075106.200000", "075106.204000", "075106.208000", "075106.212000", "075106.216000", "075106.220000", "075106.225000", "075106.229000", "075146.090000", "075146.094000", "075146.098000", "075146.102000", "075146.106000", "075146.110000", "075146.114000", "075146.119000", "075146.123000", "075146.127000", "075146.130000", "075146.138000", "075146.142000", "075146.145000", "075146.149000", "075146.153000", "075146.157000", "075146.160000", "075146.167000", "075146.171000", "075146.175000", "075146.179000", "075146.183000", "075146.188000", "075146.191000", "075146.195000", "075146.199000", "075146.202000", "075146.206000", "075146.210000", "075146.214000", "075146.218000", "075146.221000", "075146.225000", "075226.091000", "075226.096000", "075226.100000", "075226.104000", "075226.108000", "075226.112000", "075226.116000", "075226.119000", "075226.123000", "075226.128000", "075226.132000", "075226.135000", "075226.139000", "075226.144000", "075226.148000", "075226.152000", "075226.156000", "075226.160000", "075226.164000", "075226.168000", "075226.172000", "075226.176000", "075226.180000", "075226.184000", "075226.188000", "075226.192000", "075226.196000", "075226.200000", "075226.204000", "075226.208000", "075226.212000", "075226.216000", "075226.220000", "075226.224000", "075226.228000", "075306.093000", "075306.097000", "075306.102000", "075306.106000", "075306.110000", "075306.114000", "075306.118000", "075306.122000", "075306.131000", "075306.135000", "075306.139000", "075306.143000", "075306.147000", "075306.151000", "075306.155000", "075306.159000", "075306.163000", "075306.167000", "075306.171000", "075306.175000", "075306.179000", "075306.183000", "075306.187000", "075306.191000", "075306.195000", "075306.199000", "075306.203000", "075306.207000", "075306.211000", "075306.215000", "075306.219000", "075306.223000", "075306.228000", "075306.232000", "075346.091000", "075346.097000", "075346.107000", "075346.111000", "075346.115000", "075346.119000", "075346.123000", "075346.127000", "075346.131000", "075346.135000", "075346.139000", "075346.143000", "075346.147000", "075346.151000", "075346.155000", "075346.159000", "075346.163000", "075346.167000", "075346.171000", "075346.184000", "075346.188000", "075346.192000", "075346.196000", "075346.200000", "075346.204000", "075346.208000", "075346.212000", "075346.215000", "075346.219000", "075346.223000", "075346.228000", "075346.231000", "075346.235000", "075346.239000", "075346.243000", "075426.091000", "075426.096000", "075426.100000", "075426.112000", "075426.115000", "075426.119000", "075426.123000", "075426.128000", "075426.132000", "075426.136000", "075426.140000", "075426.144000", "075426.148000", "075426.152000", "075426.156000", "075426.159000", "075426.163000", "075426.174000", "075426.178000", "075426.182000", "075426.186000", "075426.190000", "075426.195000", "075426.199000", "075426.203000", "075426.207000", "075426.211000", "075426.215000", "075426.219000", "075426.223000", "075426.227000", "075426.230000", "075426.234000", "075426.239000", "075506.092000", "075506.097000", "075506.101000", "075506.105000", "075506.109000", "075506.113000", "075506.117000", "075506.121000", "075506.125000", "075506.129000", "075506.133000", "075506.137000", "075506.140000", "075506.144000", "075506.148000", "075506.152000", "075506.155000", "075506.159000", "075506.163000", "075506.166000", "075506.170000", "075506.174000", "075506.178000", "075506.182000", "075506.185000", "075506.189000", "075506.193000", "075506.197000", "075506.201000", "075506.205000", "075506.208000", "075506.212000", "075506.216000", "075506.219000", "075506.223000", "075546.092000", "075546.097000", "075546.101000", "075546.105000", "075546.110000", "075546.113000", "075546.117000", "075546.121000", "075546.126000", "075546.130000", "075546.134000", "075546.138000", "075546.142000", "075546.145000", "075546.149000", "075546.153000", "075546.158000", "075546.161000", "075546.165000", "075546.169000", "075546.174000", "075546.177000", "075546.181000", "075546.185000", "075546.190000", "075546.193000", "075546.197000", "075546.201000", "075546.206000", "075546.209000", "075546.213000", "075546.217000", "075546.221000", "075546.225000", "075616.352000", "075616.356000", "075616.360000", "075616.363000", "075616.368000", "075616.372000", "075616.376000", "075616.380000", "075616.385000", "075616.389000", "075616.392000", "075616.396000", "075616.401000", "075616.405000", "075616.409000", "075616.412000", "075616.416000", "075616.420000", "075616.423000", "075616.427000", "075616.431000", "075616.435000", "075616.438000", "075616.442000", "075616.446000", "075616.450000", "075616.454000"], "InstanceNumber": [1, 2, 3, 4, 5, 6, 7, 8, 9, 10, 11, 12, 13, 14, 15, 16, 17, 18, 19, 20, 21, 22, 23, 24, 25, 26, 27, 28, 29, 30, 31, 32, 33, 34, 35, 36, 37, 38, 39, 40, 41, 42, 43, 44, 45, 46, 47, 48, 49, 50, 51, 52, 53, 54, 55, 56, 57, 58, 59, 60, 61, 62, 63, 64, 65, 66, 67, 68, 69, 70, 71, 72, 73, 74, 75, 76, 77, 78, 79, 80, 81, 82, 83, 84, 85, 86, 87, 88, 89, 90, 91, 92, 93, 94, 95, 96, 97, 98, 99, 100, 101, 102, 103, 104, 105, 106, 107, 108, 109, 110, 111, 112, 113, 114, 115, 116, 117, 118, 119, 120, 121, 122, 123, 124, 125, 126, 127, 128, 129, 130, 131, 132, 133, 134, 135, 136, 137, 138, 139, 140, 141, 142, 143, 144, 145, 146, 147, 148, 149, 150, 151, 152, 153, 154, 155, 156, 157, 158, 159, 160, 161, 162, 163, 164, 165, 166, 167, 168, 169, 170, 171, 172, 173, 174, 175, 176, 177, 178, 179, 180, 181, 182, 183, 184, 185, 186, 187, 188, 189, 190, 191, 192, 193, 194, 195, 196, 197, 198, 199, 200, 201, 202, 203, 204, 205, 206, 207, 208, 209, 210, 211, 212, 213, 214, 215, 216, 217, 218, 219, 220, 221, 222, 223, 224, 225, 226, 227, 228, 229, 230, 231, 232, 233, 234, 235, 236, 237, 238, 239, 240, 241, 242, 243, 244, 245, 246, 247, 248, 249, 250, 251, 252, 253, 254, 255, 256, 257, 258, 259, 260, 261, 262, 263, 264, 265, 266, 267, 268, 269, 270, 271, 272, 273, 274, 275, 276, 277, 278, 279, 280, 281, 282, 283, 284, 285, 286, 287, 288, 289, 290, 291, 292, 293, 294, 295, 296, 297, 298, 299, 300, 301, 302, 303, 304, 305, 306, 307, 308, 309, 310, 311, 312, 313, 314, 315, 316, 317, 318, 319, 320, 321, 322, 323, 324, 325, 326, 327, 328, 329, 330, 331, 332, 333, 334, 335, 336, 337, 338, 339, 340, 341, 342, 343, 344, 345, 346, 347, 348, 349, 350, 351, 352, 353, 354, 355, 356, 357, 358, 359, 360, 361, 362, 363, 364, 365, 366, 367, 368, 369, 370, 371, 372, 373, 374, 375, 376, 377, 378, 379, 380, 381, 382, 383, 384, 385, 386, 387, 388, 389, 390, 391, 392, 393, 394, 395, 396, 397, 398, 399, 400, 401, 402, 403, 404, 405, 406, 407, 408, 409, 410, 411, 412, 413, 414, 415, 416, 417, 418, 419, 420, 421, 422, 423, 424, 425, 426, 427, 428, 429, 430, 431, 432, 433, 434, 435, 436, 437, 438, 439, 440, 441, 442, 443, 444, 445, 446, 447, 448, 449, 450, 451, 452, 453, 454, 455, 456, 457, 458, 459, 460, 461, 462, 463, 464, 465, 466, 467, 468, 469, 470, 471, 472, 473, 474, 475, 476, 477, 478, 479, 480, 481, 482, 483, 484, 485, 486, 487, 488, 489, 490, 491, 492, 493, 494, 495, 496, 497, 498, 499, 500, 501, 502, 503, 504, 505, 506, 507, 508, 509, 510, 511, 512, 513, 514, 515, 516, 517, 518], "LargestImagePixelValue": [48511, 51784, 33343, 29692, 29848, 48991, 33898, 31251, 34215, 29664, 29139, 45825, 34406, 29832, 41989, 52898, 35566, 39634, 30238, 28972, 35979, 37615, 30626, 29076, 29700, 34955, 29237, 43379, 33759, 29352, 43451, 47239, 43624, 32369, 29050, 29631, 43742, 34582, 30041, 35124, 49023, 43502, 31164, 31064, 40420, 43692, 31081, 29736, 33384, 29196, 43783, 31303, 30706, 45768, 38215, 35903, 29286, 29044, 36919, 34012, 29265, 40986, 41409, 47674, 32758, 29889, 43516, 35680, 31368, 29586, 48063, 30717, 35734, 29612, 29302, 40746, 50782, 48859, 30894, 32051, 42430, 35953, 29875, 34208, 38911, 31788, 40618, 30892, 29429, 40835, 39627, 41989, 33477, 29480, 30966, 41799, 37635, 30343, 34173, 30040, 30030, 43185, 31871, 31542, 50851, 49842, 32998, 29377, 38493, 35713, 29951, 30684, 42826, 36293, 29715, 34071, 45107, 33261, 30891, 42827, 40457, 33901, 31956, 40117, 43954, 30352, 37239, 32237, 31344, 45773, 31888, 29866, 46161, 52573, 31959, 30414, 29518, 37367, 44917, 50214, 40740, 29830, 29910, 46109, 35335, 29971, 43331, 47490, 34298, 32233, 29461, 29620, 38298, 47034, 34177, 30771, 29533, 29593, 35569, 45052, 50592, 33151, 29714, 29407, 41337, 44380, 31231, 31391, 43146, 29509, 29403, 42393, 30899, 29507, 30897, 47259, 44927, 30171, 30770, 40305, 43132, 36389, 29878, 29479, 38516, 36014, 29541, 32080, 49556, 33490, 31404, 29608, 37831, 46801, 49552, 31174, 29477, 29417, 44837, 32487, 29927, 40334, 29667, 29647, 43910, 31457, 29606, 33209, 50856, 36126, 29841, 30335, 45143, 33887, 30058, 30034, 45716, 29590, 38658, 30704, 30594, 42856, 44482, 32163, 39683, 30804, 29715, 36344, 37739, 29808, 29799, 48990, 51510, 31967, 29550, 34031, 37755, 31157, 42219, 45956, 29971, 48041, 34287, 29870, 29994, 45737, 47761, 33376, 29767, 36050, 41180, 30169, 36615, 52377, 34581, 30255, 30659, 38184, 40738, 44341, 30847, 29722, 31920, 40549, 30863, 34232, 46264, 30828, 39461, 30044, 30317, 47899, 50149, 30252, 30110, 33921, 45780, 33538, 37710, 30192, 29773, 42228, 29990, 31206, 52992, 37042, 29896, 29856, 39373, 30404, 30972, 47248, 34857, 30418, 29780, 40924, 29934, 33196, 35726, 30140, 41219, 31655, 47957, 45717, 50630, 34576, 33304, 31958, 48201, 35362, 31529, 31456, 30006, 41851, 31097, 30327, 49678, 48927, 34548, 30032, 42996, 32063, 30080, 48903, 51173, 31263, 32547, 32135, 49453, 39541, 31909, 29883, 29835, 37303, 46005, 31244, 43046, 31938, 29741, 38122, 38350, 29988, 37817, 43660, 30048, 35869, 35684, 30480, 29992, 45816, 32830, 39062, 31314, 29970, 31334, 48730, 37145, 31662, 30997, 29986, 47472, 36286, 45966, 39755, 30097, 42711, 31430, 31110, 50822, 45767, 45631, 32624, 30452, 40458, 38809, 30643, 41052, 30092, 34378, 33555, 29881, 32559, 42807, 36282, 30887, 30331, 42268, 31035, 31163, 47080, 51881, 35452, 32048, 29848, 46849, 34228, 43803, 34100, 30009, 35202, 37959, 30275, 39943, 53029, 31441, 32678, 29967, 44052, 40946, 38786, 29975, 30027, 39464, 29977, 31443, 51960, 35431, 30321, 33859, 47159, 34808, 30444, 43229, 42986, 40862, 30600, 45477, 33695, 43944, 47118, 48037, 38542, 30167, 34377, 35245, 29901, 30552, 29826, 37357, 32013, 31181, 50534, 49690, 34655, 29852, 47291, 32422, 30919, 41175, 50698, 38778, 29892, 30537, 42124, 30972, 30046, 52738, 49087, 32502, 31619, 41093, 30687, 31345, 48633, 45349, 30005, 33865, 46962, 37117, 30619, 49717, 50618, 37863, 33188, 39690, 35501, 29966, 35782, 29694, 29627, 38321, 29606, 49883, 39120, 47020, 32890, 30388, 43099, 30161, 30743, 44861, 43927, 33177, 29881, 29768, 36462, 29972, 33703, 53555, 32591, 29793, 42798, 36289, 29941, 49883, 54035, 32231, 29872, 38658, 37076, 29981, 30030, 36590, 29799, 38692, 29646, 34975, 50139], "WindowCenter": [11023.0, 11007.0, 10957.0, 10946.0, 10937.0, 10970.0, 10944.0, 10937.0, 10946.0, 10942.0, 10951.0, 10991.0, 10951.0, 10931.0, 10962.0, 10973.0, 10942.0, 10946.0, 10933.0, 10933.0, 10957.0, 10957.0, 10930.0, 10927.0, 10941.0, 10962.0, 10942.0, 10995.0, 10965.0, 10940.0, 10972.0, 10985.0, 10969.0, 10942.0, 10952.0, 10950.0, 10984.0, 10955.0, 10936.0, 10955.0, 10982.0, 10978.0, 10946.0, 10940.0, 10957.0, 10969.0, 10925.0, 10931.0, 10940.0, 10937.0, 10981.0, 10934.0, 10938.0, 10965.0, 10950.0, 10941.0, 10924.0, 10942.0, 10973.0, 10956.0, 10934.0, 10975.0, 10974.0, 10979.0, 10960.0, 10955.0, 10979.0, 10952.0, 10932.0, 10926.0, 10972.0, 10928.0, 10953.0, 10935.0, 10924.0, 10957.0, 10980.0, 10971.0, 10934.0, 10938.0, 10962.0, 10936.0, 10917.0, 10928.0, 10945.0, 10934.0, 10957.0, 10919.0, 10906.0, 10988.0, 10961.0, 10962.0, 10950.0, 10928.0, 10932.0, 10952.0, 10943.0, 10922.0, 10941.0, 10933.0, 10941.0, 10970.0, 10929.0, 10922.0, 10969.0, 10963.0, 10918.0, 10919.0, 10948.0, 10930.0, 10910.0, 10917.0, 10953.0, 10947.0, 10935.0, 10949.0, 10970.0, 10933.0, 10931.0, 10962.0, 10959.0, 10948.0, 10940.0, 10951.0, 10960.0, 10927.0, 10943.0, 10927.0, 10939.0, 10967.0, 10927.0, 10920.0, 10963.0, 10982.0, 10932.0, 10926.0, 10921.0, 10940.0, 10960.0, 10970.0, 10966.0, 10940.0, 10932.0, 10971.0, 10934.0, 10918.0, 10952.0, 10961.0, 10937.0, 10926.0, 10908.0, 10905.0, 10938.0, 10955.0, 10933.0, 10930.0, 10922.0, 10922.0, 10931.0, 10960.0, 10970.0, 10944.0, 10935.0, 10929.0, 10953.0, 10954.0, 10917.0, 10923.0, 10950.0, 10923.0, 10930.0, 10965.0, 10924.0, 10915.0, 10935.0, 10959.0, 10961.0, 10941.0, 10933.0, 10951.0, 10964.0, 10938.0, 10925.0, 10930.0, 10961.0, 10945.0, 10916.0, 10932.0, 10974.0, 10939.0, 10930.0, 10923.0, 10936.0, 10957.0, 10965.0, 10931.0, 10929.0, 10919.0, 10961.0, 10920.0, 10914.0, 10942.0, 10915.0, 10918.0, 10953.0, 10906.0, 10901.0, 10920.0, 10960.0, 10937.0, 10923.0, 10922.0, 10950.0, 10918.0, 10913.0, 10908.0, 10947.0, 10911.0, 10952.0, 10921.0, 10915.0, 10944.0, 10947.0, 10910.0, 10929.0, 10907.0, 10917.0, 10941.0, 10935.0, 10902.0, 10903.0, 10955.0, 10952.0, 10922.0, 10923.0, 10935.0, 10942.0, 10941.0, 10963.0, 10963.0, 10915.0, 10966.0, 10920.0, 10896.0, 10896.0, 10938.0, 10945.0, 10930.0, 10923.0, 10933.0, 10941.0, 10910.0, 10930.0, 10957.0, 10931.0, 10912.0, 10911.0, 10925.0, 10942.0, 10945.0, 10917.0, 10926.0, 10929.0, 10949.0, 10913.0, 10924.0, 10955.0, 10919.0, 10950.0, 10908.0, 10906.0, 10950.0, 10957.0, 10922.0, 10926.0, 10925.0, 10958.0, 10929.0, 10932.0, 10922.0, 10926.0, 10959.0, 10912.0, 10920.0, 10957.0, 10928.0, 10908.0, 10911.0, 10929.0, 10898.0, 10908.0, 10948.0, 10932.0, 10926.0, 10922.0, 10950.0, 10916.0, 10921.0, 10931.0, 10921.0, 10956.0, 10943.0, 10989.0, 10965.0, 10964.0, 10929.0, 10921.0, 10905.0, 10937.0, 10907.0, 10900.0, 10902.0, 10926.0, 10966.0, 10928.0, 10920.0, 10968.0, 10956.0, 10922.0, 10916.0, 10951.0, 10910.0, 10906.0, 10954.0, 10952.0, 10913.0, 10917.0, 10906.0, 10946.0, 10926.0, 10906.0, 10907.0, 10914.0, 10929.0, 10945.0, 10911.0, 10942.0, 10917.0, 10919.0, 10940.0, 10928.0, 10907.0, 10928.0, 10942.0, 10918.0, 10939.0, 10932.0, 10907.0, 10908.0, 10946.0, 10918.0, 10944.0, 10917.0, 10901.0, 10911.0, 10943.0, 10922.0, 10924.0, 10926.0, 10917.0, 10952.0, 10926.0, 10945.0, 10925.0, 10911.0, 10940.0, 10894.0, 10900.0, 10964.0, 10940.0, 10934.0, 10905.0, 10902.0, 10921.0, 10908.0, 10880.0, 10908.0, 10888.0, 10910.0, 10910.0, 10889.0, 10895.0, 10934.0, 10911.0, 10906.0, 10909.0, 10945.0, 10897.0, 10900.0, 10946.0, 10946.0, 10928.0, 10918.0, 10906.0, 10941.0, 10912.0, 10930.0, 10904.0, 10903.0, 10926.0, 10923.0, 10898.0, 10926.0, 10944.0, 10900.0, 10908.0, 10891.0, 10924.0, 10915.0, 10906.0, 10893.0, 10901.0, 10924.0, 10882.0, 10891.0, 10938.0, 10914.0, 10913.0, 10926.0, 10947.0, 10911.0, 10907.0, 10933.0, 10940.0, 10950.0, 10917.0, 10952.0, 10920.0, 10939.0, 10940.0, 10937.0, 10914.0, 10876.0, 10883.0, 10892.0, 10875.0, 10892.0, 10915.0, 10944.0, 10920.0, 10910.0, 10958.0, 10948.0, 10918.0, 10907.0, 10954.0, 10911.0, 10900.0, 10929.0, 10944.0, 10920.0, 10908.0, 10910.0, 10936.0, 10893.0, 10890.0, 10950.0, 10931.0, 10907.0, 10906.0, 10932.0, 10894.0, 10895.0, 10937.0, 10935.0, 10915.0, 10934.0, 10954.0, 10921.0, 10903.0, 10948.0, 10941.0, 10915.0, 10909.0, 10920.0, 10902.0, 10902.0, 10907.0, 10903.0, 10918.0, 10955.0, 10908.0, 10951.0, 10929.0, 10935.0, 10903.0, 10903.0, 10940.0, 10894.0, 10892.0, 10935.0, 10933.0, 10901.0, 10911.0, 10912.0, 10923.0, 10899.0, 10917.0, 10963.0, 10930.0, 10922.0, 10955.0, 10924.0, 10900.0, 10951.0, 10954.0, 10912.0, 10904.0, 10922.0, 10916.0, 10895.0, 10898.0, 10919.0, 10912.0, 10942.0, 10901.0, 10912.0, 10957.0], "WindowWidth": [23689.0, 23633.0, 23503.0, 23467.0, 23441.0, 23526.0, 23457.0, 23446.0, 23463.0, 23459.0, 23484.0, 23578.0, 23477.0, 23425.0, 23500.0, 23532.0, 23455.0, 23466.0, 23429.0, 23437.0, 23495.0, 23490.0, 23427.0, 23417.0, 23458.0, 23503.0, 23458.0, 23590.0, 23514.0, 23453.0, 23530.0, 23568.0, 23525.0, 23458.0, 23479.0, 23479.0, 23564.0, 23485.0, 23443.0, 23490.0, 23557.0, 23547.0, 23466.0, 23450.0, 23493.0, 23515.0, 23415.0, 23427.0, 23446.0, 23447.0, 23555.0, 23437.0, 23439.0, 23509.0, 23477.0, 23454.0, 23413.0, 23460.0, 23533.0, 23491.0, 23439.0, 23533.0, 23538.0, 23549.0, 23494.0, 23487.0, 23549.0, 23478.0, 23431.0, 23420.0, 23534.0, 23420.0, 23485.0, 23437.0, 23413.0, 23494.0, 23554.0, 23527.0, 23435.0, 23445.0, 23500.0, 23436.0, 23388.0, 23419.0, 23459.0, 23433.0, 23490.0, 23396.0, 23365.0, 23577.0, 23502.0, 23496.0, 23466.0, 23419.0, 23429.0, 23472.0, 23449.0, 23405.0, 23443.0, 23431.0, 23454.0, 23524.0, 23419.0, 23401.0, 23522.0, 23507.0, 23393.0, 23396.0, 23466.0, 23422.0, 23373.0, 23392.0, 23479.0, 23466.0, 23437.0, 23470.0, 23521.0, 23430.0, 23428.0, 23500.0, 23494.0, 23466.0, 23448.0, 23474.0, 23497.0, 23415.0, 23456.0, 23411.0, 23442.0, 23516.0, 23414.0, 23402.0, 23508.0, 23546.0, 23427.0, 23415.0, 23402.0, 23445.0, 23497.0, 23527.0, 23512.0, 23451.0, 23431.0, 23525.0, 23431.0, 23393.0, 23479.0, 23499.0, 23435.0, 23413.0, 23369.0, 23360.0, 23442.0, 23485.0, 23430.0, 23424.0, 23404.0, 23397.0, 23424.0, 23499.0, 23519.0, 23457.0, 23437.0, 23421.0, 23476.0, 23482.0, 23389.0, 23408.0, 23468.0, 23407.0, 23425.0, 23508.0, 23407.0, 23384.0, 23428.0, 23496.0, 23498.0, 23444.0, 23430.0, 23470.0, 23509.0, 23442.0, 23406.0, 23423.0, 23497.0, 23456.0, 23387.0, 23428.0, 23532.0, 23441.0, 23419.0, 23397.0, 23433.0, 23490.0, 23508.0, 23424.0, 23419.0, 23393.0, 23498.0, 23394.0, 23382.0, 23448.0, 23382.0, 23391.0, 23476.0, 23359.0, 23347.0, 23398.0, 23498.0, 23438.0, 23403.0, 23402.0, 23468.0, 23387.0, 23371.0, 23369.0, 23461.0, 23373.0, 23475.0, 23398.0, 23381.0, 23452.0, 23461.0, 23371.0, 23414.0, 23362.0, 23390.0, 23443.0, 23429.0, 23349.0, 23353.0, 23485.0, 23472.0, 23399.0, 23403.0, 23430.0, 23448.0, 23452.0, 23498.0, 23498.0, 23378.0, 23505.0, 23388.0, 23328.0, 23332.0, 23438.0, 23451.0, 23415.0, 23398.0, 23419.0, 23440.0, 23364.0, 23415.0, 23479.0, 23414.0, 23372.0, 23367.0, 23400.0, 23446.0, 23450.0, 23384.0, 23407.0, 23412.0, 23461.0, 23372.0, 23401.0, 23470.0, 23388.0, 23463.0, 23358.0, 23355.0, 23465.0, 23483.0, 23393.0, 23405.0, 23402.0, 23486.0, 23411.0, 23417.0, 23394.0, 23406.0, 23484.0, 23368.0, 23390.0, 23487.0, 23408.0, 23361.0, 23365.0, 23412.0, 23334.0, 23362.0, 23456.0, 23421.0, 23406.0, 23399.0, 23465.0, 23383.0, 23392.0, 23415.0, 23392.0, 23478.0, 23445.0, 23569.0, 23498.0, 23495.0, 23408.0, 23389.0, 23349.0, 23431.0, 23357.0, 23341.0, 23344.0, 23406.0, 23504.0, 23409.0, 23386.0, 23511.0, 23479.0, 23390.0, 23380.0, 23466.0, 23362.0, 23356.0, 23476.0, 23471.0, 23369.0, 23378.0, 23352.0, 23453.0, 23401.0, 23351.0, 23358.0, 23375.0, 23410.0, 23449.0, 23368.0, 23440.0, 23381.0, 23388.0, 23437.0, 23406.0, 23357.0, 23409.0, 23439.0, 23382.0, 23435.0, 23415.0, 23356.0, 23361.0, 23451.0, 23382.0, 23447.0, 23379.0, 23340.0, 23367.0, 23449.0, 23390.0, 23399.0, 23404.0, 23381.0, 23465.0, 23401.0, 23445.0, 23393.0, 23363.0, 23436.0, 23320.0, 23337.0, 23499.0, 23436.0, 23416.0, 23347.0, 23338.0, 23381.0, 23352.0, 23288.0, 23350.0, 23307.0, 23359.0, 23358.0, 23310.0, 23324.0, 23418.0, 23361.0, 23350.0, 23359.0, 23443.0, 23326.0, 23336.0, 23452.0, 23448.0, 23405.0, 23381.0, 23350.0, 23435.0, 23365.0, 23406.0, 23342.0, 23344.0, 23398.0, 23390.0, 23327.0, 23399.0, 23442.0, 23334.0, 23353.0, 23312.0, 23393.0, 23373.0, 23346.0, 23320.0, 23339.0, 23392.0, 23289.0, 23315.0, 23431.0, 23371.0, 23371.0, 23401.0, 23450.0, 23360.0, 23352.0, 23415.0, 23430.0, 23458.0, 23378.0, 23462.0, 23387.0, 23430.0, 23431.0, 23420.0, 23365.0, 23275.0, 23291.0, 23317.0, 23278.0, 23318.0, 23374.0, 23446.0, 23385.0, 23360.0, 23484.0, 23455.0, 23379.0, 23354.0, 23468.0, 23361.0, 23335.0, 23405.0, 23447.0, 23383.0, 23354.0, 23360.0, 23424.0, 23318.0, 23311.0, 23464.0, 23410.0, 23351.0, 23351.0, 23413.0, 23320.0, 23323.0, 23427.0, 23422.0, 23374.0, 23420.0, 23467.0, 23383.0, 23344.0, 23458.0, 23437.0, 23368.0, 23355.0, 23382.0, 23337.0, 23345.0, 23351.0, 23343.0, 23382.0, 23465.0, 23355.0, 23461.0, 23408.0, 23420.0, 23342.0, 23344.0, 23433.0, 23319.0, 23313.0, 23422.0, 23416.0, 23337.0, 23363.0, 23366.0, 23391.0, 23333.0, 23378.0, 23493.0, 23411.0, 23392.0, 23468.0, 23391.0, 23337.0, 23463.0, 23467.0, 23363.0, 23345.0, 23386.0, 23372.0, 23325.0, 23334.0, 23378.0, 23366.0, 23436.0, 23336.0, 23364.0, 23482.0]}, "slices": {}}}