{"AcquisitionMatrixPE": 96, "AcquisitionNumber": 1, "AcquisitionTime": "17:06:43.427500", "BandwidthPerPixelPhaseEncode": 33.602, "BaseResolution": 96, "BodyPartExamined": "BRAIN", "ConsistencyInfo": "N4_VD11D_LATEST_20110129", "ConversionSoftware": "dcm2niix", "ConversionSoftwareVersion": "v1.0.20210317", "DerivedVendorReportedEchoSpacing": 0.000620003, "DeviceSerialNumber": "45239", "DwellTime": 2.6e-06, "EchoTime": 0.03, "EchoTrainLength": 48, "EffectiveEchoSpacing": 0.000310001, "FlipAngle": 63, "ImageComments": "Unaliased MB4/PE3", "ImageOrientationPatientDICOM": [0.99912, 0.0283694, 0.0308834, -0.00224429, 0.771563, -0.636149], "ImageType": ["ORIGINAL", "PRIMARY", "M", "ND", "NORM", "MOSAIC"], "ImagingFrequency": 123.194, "InPlanePhaseEncodingDirectionDICOM": "COL", "InstitutionAddress": "E 24th St. 100,Austin,Southmiddle,US,78712", "InstitutionName": "Univ of Texas at Austin", "InstitutionalDepartmentName": "IRC", "MRAcquisitionType": "2D", "MagneticFieldStrength": 3, "Manufacturer": "Siemens", "ManufacturersModelName": "Skyra", "Modality": "MR", "MultibandAccelerationFactor": 4, "ParallelReductionFactorInPlane": 2, "PartialFourier": 1, "PatientPosition": "HFS", "PercentPhaseFOV": 100, "PercentSampling": 100, "PhaseEncodingDirection": "j-", "PhaseEncodingSteps": 96, "PhaseResolution": 1, "PixelBandwidth": 2005, "ProcedureStepDescription": "Poldrack2^self-scanning", "ProtocolName": "Resting State fMRI MBEPI_matrix96_BW2004", "PulseSequenceDetails": "%CustomerSeq%\\cmrr_mbep2d_bold", "ReceiveCoilActiveElements": "HEA;HEP", "ReceiveCoilName": "Head_32", "ReconMatrixPE": 96, "RefLinesPE": 94, "RepetitionTime": 1.16, "SAR": 0.101975, "ScanOptions": "FS", "ScanningSequence": "EP", "SequenceName": "epfid2d1_96", "SequenceVariant": "SK", "SeriesDescription": "Resting State fMRI MBEPI_matrix96_BW2004", "SeriesNumber": 9, "ShimSetting": [-2710, 7749, -15469, 202, 26, -683, 559, -178], "SliceThickness": 2, "SliceTiming": [0, 0.5, 0.9975, 0.3575, 0.855, 0.215, 0.7125, 0.0725, 0.57, 1.0675, 0.4275, 0.925, 0.285, 0.785, 0.1425, 0.6425, 0, 0.5, 0.9975, 0.3575, 0.855, 0.215, 0.7125, 0.0725, 0.57, 1.0675, 0.4275, 0.925, 0.285, 0.785, 0.1425, 0.6425, 0, 0.5, 0.9975, 0.3575, 0.855, 0.215, 0.7125, 0.0725, 0.57, 1.0675, 0.4275, 0.925, 0.285, 0.785, 0.1425, 0.6425, 0, 0.5, 0.9975, 0.3575, 0.855, 0.215, 0.7125, 0.0725, 0.57, 1.0675, 0.4275, 0.925, 0.285, 0.785, 0.1425, 0.6425], "SoftwareVersions": "syngo MR D11", "SpacingBetweenSlices": 2.4, "StationName": "AWP45239", "TaskName": "Resting fmri", "TotalReadoutTime": 0.0294501, "TxRefAmp": 341.985, "WipMemBlock": "12428f93-492f-48cb-bfe7-bd292a1de731||Sequence: VD11D r195; Nov 21 2012 15:36:10 by eja", "dcmmeta_affine": [[-2.393725633621216, -0.0053769564256072044, 0.10050158947706223, 117.23808288574219], [-0.06796836107969284, 1.8485357761383057, -1.5252487659454346, -52.38273239135742], [0.07399149239063263, 1.5241074562072754, 1.8502745628356934, -113.59616088867188], [0.0, 0.0, 0.0, 1.0]], "dcmmeta_reorient_transform": [[0.0, -1.0, 0.0, 95.0], [1.0, 0.0, 0.0, 0.0], [0.0, 0.0, 1.0, 0.0], [0.0, 0.0, 0.0, 1.0]], "dcmmeta_shape": [96, 96, 64, 518], "dcmmeta_slice_dim": 2, "dcmmeta_version": 0.6, "global": {"const": {"AcquisitionMatrix": [96, 0, 0, 96], "AngioFlag": "N", "BitsAllocated": 16, "BitsStored": 16, "BodyPartExamined": "BRAIN", "Columns": 768, "EchoNumbers": 1, "EchoTime": 30.0, "EchoTrainLength": 48, "FlipAngle": 63.0, "HighBit": 15, "ImageOrientationPatient": [0.99912030910555, 0.02836940350224, 0.03088340780659, -0.0022442948538, 0.77156279145308, -0.6361492136172], "ImagePositionPatient": [-919.21243385162, -767.17356449036, 518.43300096285], "ImageType": ["ORIGINAL", "PRIMARY", "M", "ND", "NORM", "MOSAIC"], "ImagedNucleus": "1H", "ImagingFrequency": 123.193529, "InPlanePhaseEncodingDirection": "COL", "MRAcquisitionType": "2D", "MagneticFieldStrength": 3.0, "Manufacturer": "SIEMENS", "ManufacturerModelName": "Skyra", "Modality": "MR", "NumberOfAverages": 1.0, "NumberOfPhaseEncodingSteps": 96, "PercentPhaseFieldOfView": 100.0, "PercentSampling": 100.0, "PerformedProcedureStepStartTime": "165419.828000", "PhotometricInterpretation": "MONOCHROME2", "PixelBandwidth": 2005.0, "PixelRepresentation": 0, "PixelSpacing": [2.3958332538605, 2.3958332538605], "ProtocolName": "Resting State fMRI MBEPI_matrix96_BW2004", "RepetitionTime": 1160.0, "Rows": 768, "SAR": 0.10197515035645, "SamplesPerPixel": 1, "ScanOptions": "FS", "ScanningSequence": "EP", "SequenceName": "epfid2d1_96", "SequenceVariant": "SK", "SeriesDescription": "Resting State fMRI MBEPI_matrix96_BW2004", "SeriesNumber": 9, "SeriesTime": "170727.296000", "SliceLocation": -49.376992862957, "SliceThickness": 2.0, "SmallestImagePixelValue": 0, "SoftwareVersions": "syngo MR D11", "SpacingBetweenSlices": 2.4000000386809, "SpecificCharacterSet": "ISO_IR 100", "StudyID": "1", "StudyTime": "165419.796000", "TransmitCoilName": "Body", "VariableFlipAngleFlag": "N", "WindowCenterWidthExplanation": "Algo1", "dBdt": 0.0}, "slices": {}}, "time": {"samples": {"AcquisitionNumber": [1, 2, 3, 4, 5, 6, 7, 8, 9, 10, 11, 12, 13, 14, 15, 16, 17, 18, 19, 20, 21, 22, 23, 24, 25, 26, 27, 28, 29, 30, 31, 32, 33, 34, 35, 36, 37, 38, 39, 40, 41, 42, 43, 44, 45, 46, 47, 48, 49, 50, 51, 52, 53, 54, 55, 56, 57, 58, 59, 60, 61, 62, 63, 64, 65, 66, 67, 68, 69, 70, 71, 72, 73, 74, 75, 76, 77, 78, 79, 80, 81, 82, 83, 84, 85, 86, 87, 88, 89, 90, 91, 92, 93, 94, 95, 96, 97, 98, 99, 100, 101, 102, 103, 104, 105, 106, 107, 108, 109, 110, 111, 112, 113, 114, 115, 116, 117, 118, 119, 120, 121, 122, 123, 124, 125, 126, 127, 128, 129, 130, 131, 132, 133, 134, 135, 136, 137, 138, 139, 140, 141, 142, 143, 144, 145, 146, 147, 148, 149, 150, 151, 152, 153, 154, 155, 156, 157, 158, 159, 160, 161, 162, 163, 164, 165, 166, 167, 168, 169, 170, 171, 172, 173, 174, 175, 176, 177, 178, 179, 180, 181, 182, 183, 184, 185, 186, 187, 188, 189, 190, 191, 192, 193, 194, 195, 196, 197, 198, 199, 200, 201, 202, 203, 204, 205, 206, 207, 208, 209, 210, 211, 212, 213, 214, 215, 216, 217, 218, 219, 220, 221, 222, 223, 224, 225, 226, 227, 228, 229, 230, 231, 232, 233, 234, 235, 236, 237, 238, 239, 240, 241, 242, 243, 244, 245, 246, 247, 248, 249, 250, 251, 252, 253, 254, 255, 256, 257, 258, 259, 260, 261, 262, 263, 264, 265, 266, 267, 268, 269, 270, 271, 272, 273, 274, 275, 276, 277, 278, 279, 280, 281, 282, 283, 284, 285, 286, 287, 288, 289, 290, 291, 292, 293, 294, 295, 296, 297, 298, 299, 300, 301, 302, 303, 304, 305, 306, 307, 308, 309, 310, 311, 312, 313, 314, 315, 316, 317, 318, 319, 320, 321, 322, 323, 324, 325, 326, 327, 328, 329, 330, 331, 332, 333, 334, 335, 336, 337, 338, 339, 340, 341, 342, 343, 344, 345, 346, 347, 348, 349, 350, 351, 352, 353, 354, 355, 356, 357, 358, 359, 360, 361, 362, 363, 364, 365, 366, 367, 368, 369, 370, 371, 372, 373, 374, 375, 376, 377, 378, 379, 380, 381, 382, 383, 384, 385, 386, 387, 388, 389, 390, 391, 392, 393, 394, 395, 396, 397, 398, 399, 400, 401, 402, 403, 404, 405, 406, 407, 408, 409, 410, 411, 412, 413, 414, 415, 416, 417, 418, 419, 420, 421, 422, 423, 424, 425, 426, 427, 428, 429, 430, 431, 432, 433, 434, 435, 436, 437, 438, 439, 440, 441, 442, 443, 444, 445, 446, 447, 448, 449, 450, 451, 452, 453, 454, 455, 456, 457, 458, 459, 460, 461, 462, 463, 464, 465, 466, 467, 468, 469, 470, 471, 472, 473, 474, 475, 476, 477, 478, 479, 480, 481, 482, 483, 484, 485, 486, 487, 488, 489, 490, 491, 492, 493, 494, 495, 496, 497, 498, 499, 500, 501, 502, 503, 504, 505, 506, 507, 508, 509, 510, 511, 512, 513, 514, 515, 516, 517, 518], "AcquisitionTime": ["170643.427500", "170712.427500", "170713.587500", "170714.747500", "170715.907500", "170717.067500", "170718.227500", "170719.387500", "170720.547500", "170721.707500", "170722.867500", "170724.027500", "170725.187500", "170726.347500", "170727.507500", "170728.667500", "170729.827500", "170730.987500", "170732.147500", "170733.307500", "170734.467500", "170735.627500", "170736.787500", "170737.947500", "170739.107500", "170740.267500", "170741.427500", "170742.587500", "170743.747500", "170744.907500", "170746.067500", "170747.227500", "170748.387500", "170749.547500", "170750.707500", "170751.867500", "170753.027500", "170754.187500", "170755.347500", "170756.507500", "170757.667500", "170758.827500", "170759.987500", "170801.147500", "170802.307500", "170803.467500", "170804.627500", "170805.787500", "170806.947500", "170808.107500", "170809.267500", "170810.427500", "170811.587500", "170812.747500", "170813.907500", "170815.067500", "170816.227500", "170817.387500", "170818.547500", "170819.707500", "170820.867500", "170822.027500", "170823.187500", "170824.347500", "170825.507500", "170826.667500", "170827.827500", "170828.987500", "170830.147500", "170831.307500", "170832.467500", "170833.627500", "170834.787500", "170835.947500", "170837.107500", "170838.267500", "170839.427500", "170840.587500", "170841.747500", "170842.907500", "170844.067500", "170845.227500", "170846.387500", "170847.547500", "170848.707500", "170849.867500", "170851.027500", "170852.187500", "170853.347500", "170854.507500", "170855.667500", "170856.830000", "170857.990000", "170859.150000", "170900.310000", "170901.470000", "170902.630000", "170903.790000", "170904.950000", "170906.110000", "170907.270000", "170908.430000", "170909.590000", "170910.750000", "170911.910000", "170913.070000", "170914.230000", "170915.390000", "170916.550000", "170917.710000", "170918.870000", "170920.030000", "170921.190000", "170922.350000", "170923.510000", "170924.670000", "170925.830000", "170926.990000", "170928.150000", "170929.310000", "170930.470000", "170931.630000", "170932.790000", "170933.950000", "170935.110000", "170936.270000", "170937.430000", "170938.590000", "170939.750000", "170940.910000", "170942.070000", "170943.230000", "170944.390000", "170945.550000", "170946.710000", "170947.870000", "170949.030000", "170950.190000", "170951.350000", "170952.510000", "170953.670000", "170954.830000", "170955.990000", "170957.150000", "170958.310000", "170959.470000", "171000.630000", "171001.790000", "171002.950000", "171004.110000", "171005.270000", "171006.430000", "171007.590000", "171008.750000", "171009.910000", "171011.070000", "171012.230000", "171013.390000", "171014.550000", "171015.710000", "171016.870000", "171018.030000", "171019.190000", "171020.350000", "171021.510000", "171022.670000", "171023.830000", "171024.990000", "171026.150000", "171027.310000", "171028.470000", "171029.630000", "171030.790000", "171031.950000", "171033.110000", "171034.270000", "171035.430000", "171036.590000", "171037.750000", "171038.910000", "171040.070000", "171041.230000", "171042.390000", "171043.550000", "171044.710000", "171045.870000", "171047.030000", "171048.190000", "171049.350000", "171050.510000", "171051.670000", "171052.830000", "171053.990000", "171055.150000", "171056.310000", "171057.470000", "171058.630000", "171059.790000", "171100.950000", "171102.110000", "171103.270000", "171104.430000", "171105.590000", "171106.750000", "171107.910000", "171109.070000", "171110.230000", "171111.390000", "171112.550000", "171113.710000", "171114.870000", "171116.030000", "171117.190000", "171118.350000", "171119.510000", "171120.670000", "171121.830000", "171122.990000", "171124.150000", "171125.310000", "171126.470000", "171127.630000", "171128.790000", "171129.950000", "171131.110000", "171132.270000", "171133.430000", "171134.590000", "171135.750000", "171136.910000", "171138.070000", "171139.230000", "171140.390000", "171141.550000", "171142.710000", "171143.870000", "171145.030000", "171146.190000", "171147.350000", "171148.510000", "171149.670000", "171150.830000", "171151.990000", "171153.150000", "171154.310000", "171155.470000", "171156.630000", "171157.790000", "171158.950000", "171200.110000", "171201.270000", "171202.430000", "171203.590000", "171204.750000", "171205.910000", "171207.070000", "171208.230000", "171209.390000", "171210.550000", "171211.710000", "171212.870000", "171214.030000", "171215.190000", "171216.350000", "171217.510000", "171218.670000", "171219.830000", "171220.990000", "171222.150000", "171223.310000", "171224.470000", "171225.630000", "171226.790000", "171227.950000", "171229.110000", "171230.270000", "171231.430000", "171232.590000", "171233.750000", "171234.910000", "171236.070000", "171237.230000", "171238.390000", "171239.550000", "171240.710000", "171241.870000", "171243.030000", "171244.190000", "171245.350000", "171246.510000", "171247.670000", "171248.830000", "171249.990000", "171251.150000", "171252.310000", "171253.470000", "171254.630000", "171255.790000", "171256.950000", "171258.110000", "171259.270000", "171300.430000", "171301.590000", "171302.750000", "171303.910000", "171305.070000", "171306.230000", "171307.390000", "171308.550000", "171309.710000", "171310.870000", "171312.030000", "171313.190000", "171314.350000", "171315.510000", "171316.670000", "171317.830000", "171318.990000", "171320.150000", "171321.310000", "171322.470000", "171323.630000", "171324.790000", "171325.950000", "171327.110000", "171328.270000", "171329.430000", "171330.590000", "171331.750000", "171332.910000", "171334.070000", "171335.230000", "171336.390000", "171337.550000", "171338.710000", "171339.870000", "171341.030000", "171342.190000", "171343.350000", "171344.510000", "171345.670000", "171346.832500", "171347.992500", "171349.152500", "171350.312500", "171351.472500", "171352.632500", "171353.792500", "171354.952500", "171356.112500", "171357.272500", "171358.432500", "171359.592500", "171400.752500", "171401.912500", "171403.072500", "171404.232500", "171405.392500", "171406.552500", "171407.712500", "171408.872500", "171410.032500", "171411.192500", "171412.352500", "171413.512500", "171414.672500", "171415.832500", "171416.992500", "171418.152500", "171419.312500", "171420.472500", "171421.632500", "171422.792500", "171423.952500", "171425.112500", "171426.272500", "171427.432500", "171428.592500", "171429.752500", "171430.912500", "171432.072500", "171433.232500", "171434.392500", "171435.552500", "171436.712500", "171437.872500", "171439.032500", "171440.192500", "171441.352500", "171442.512500", "171443.672500", "171444.832500", "171445.992500", "171447.152500", "171448.312500", "171449.472500", "171450.632500", "171451.792500", "171452.952500", "171454.112500", "171455.272500", "171456.432500", "171457.592500", "171458.752500", "171459.912500", "171501.072500", "171502.232500", "171503.392500", "171504.552500", "171505.712500", "171506.872500", "171508.032500", "171509.192500", "171510.352500", "171511.512500", "171512.672500", "171513.832500", "171514.992500", "171516.152500", "171517.312500", "171518.472500", "171519.632500", "171520.792500", "171521.952500", "171523.112500", "171524.272500", "171525.432500", "171526.592500", "171527.752500", "171528.912500", "171530.072500", "171531.232500", "171532.392500", "171533.552500", "171534.712500", "171535.872500", "171537.032500", "171538.192500", "171539.352500", "171540.512500", "171541.672500", "171542.832500", "171543.992500", "171545.152500", "171546.312500", "171547.472500", "171548.632500", "171549.792500", "171550.952500", "171552.112500", "171553.272500", "171554.432500", "171555.592500", "171556.752500", "171557.912500", "171559.072500", "171600.232500", "171601.392500", "171602.552500", "171603.712500", "171604.872500", "171606.032500", "171607.192500", "171608.352500", "171609.512500", "171610.672500", "171611.832500", "171612.992500", "171614.152500", "171615.312500", "171616.472500", "171617.632500", "171618.792500", "171619.952500", "171621.112500", "171622.272500", "171623.432500", "171624.592500", "171625.752500", "171626.912500", "171628.072500", "171629.232500", "171630.392500", "171631.552500", "171632.712500", "171633.872500", "171635.032500", "171636.192500", "171637.352500", "171638.512500", "171639.672500", "171640.832500", "171641.992500", "171643.152500", "171644.312500", "171645.472500", "171646.632500", "171647.792500", "171648.952500", "171650.112500", "171651.272500", "171652.432500", "171653.592500", "171654.752500", "171655.912500", "171657.072500", "171658.232500", "171659.392500", "171700.552500", "171701.712500", "171702.872500", "171704.032500", "171705.192500", "171706.352500", "171707.512500", "171708.672500", "171709.832500", "171710.992500"], "ContentTime": ["170727.296000", "170736.218000", "170736.218000", "170736.218000", "170736.218000", "170736.234000", "170736.234000", "170736.234000", "170741.218000", "170741.218000", "170741.218000", "170741.218000", "170746.218000", "170746.218000", "170746.218000", "170746.218000", "170746.218000", "170751.218000", "170751.218000", "170751.218000", "170756.218000", "170756.218000", "170756.218000", "170756.218000", "170801.218000", "170801.218000", "170801.218000", "170801.218000", "170806.218000", "170806.218000", "170806.234000", "170806.234000", "170811.218000", "170811.218000", "170811.218000", "170811.218000", "170816.218000", "170816.218000", "170816.218000", "170816.218000", "170821.218000", "170821.218000", "170821.218000", "170821.234000", "170826.218000", "170826.218000", "170826.218000", "170831.218000", "170831.218000", "170831.218000", "170831.218000", "170836.218000", "170836.218000", "170836.218000", "170836.218000", "170841.218000", "170841.218000", "170841.218000", "170841.218000", "170846.218000", "170846.218000", "170846.218000", "170846.218000", "170851.218000", "170851.218000", "170851.218000", "170851.218000", "170856.218000", "170856.218000", "170856.218000", "170856.218000", "170901.218000", "170901.218000", "170901.218000", "170901.218000", "170906.218000", "170906.218000", "170906.218000", "170906.218000", "170911.218000", "170911.218000", "170911.218000", "170916.218000", "170916.218000", "170916.218000", "170916.218000", "170921.218000", "170921.218000", "170921.218000", "170926.218000", "170926.218000", "170926.218000", "170926.218000", "170926.234000", "170931.218000", "170931.218000", "170931.218000", "170931.218000", "170936.218000", "170936.218000", "170936.218000", "170936.218000", "170941.218000", "170941.218000", "170941.218000", "170941.218000", "170946.218000", "170946.218000", "170946.218000", "170951.218000", "170951.218000", "170951.218000", "170951.218000", "170951.234000", "170956.218000", "170956.218000", "170956.218000", "171001.218000", "171001.218000", "171001.218000", "171001.234000", "171006.218000", "171006.218000", "171006.218000", "171006.218000", "171011.218000", "171011.218000", "171011.218000", "171011.218000", "171016.218000", "171016.218000", "171016.218000", "171016.218000", "171021.218000", "171021.218000", "171021.218000", "171026.218000", "171026.218000", "171026.218000", "171026.218000", "171026.218000", "171031.218000", "171031.218000", "171031.218000", "171031.218000", "171036.218000", "171036.218000", "171036.234000", "171041.218000", "171041.218000", "171041.218000", "171041.218000", "171041.218000", "171046.218000", "171046.218000", "171046.218000", "171046.218000", "171051.218000", "171051.218000", "171051.218000", "171056.218000", "171056.218000", "171056.218000", "171056.218000", "171056.218000", "171101.218000", "171101.218000", "171101.218000", "171106.218000", "171106.218000", "171106.218000", "171106.218000", "171106.218000", "171111.218000", "171111.218000", "171111.218000", "171116.218000", "171116.218000", "171116.218000", "171116.218000", "171116.234000", "171121.218000", "171121.218000", "171121.218000", "171126.218000", "171126.218000", "171126.218000", "171126.218000", "171131.218000", "171131.218000", "171131.218000", "171131.218000", "171136.218000", "171136.218000", "171136.218000", "171136.218000", "171141.218000", "171141.218000", "171141.218000", "171141.234000", "171146.218000", "171146.218000", "171146.218000", "171146.218000", "171151.218000", "171151.218000", "171151.218000", "171151.234000", "171156.218000", "171156.218000", "171156.218000", "171201.218000", "171201.218000", "171201.218000", "171201.218000", "171206.218000", "171206.218000", "171206.218000", "171206.218000", "171211.218000", "171211.218000", "171211.218000", "171211.218000", "171216.218000", "171216.218000", "171216.218000", "171216.218000", "171221.218000", "171221.218000", "171221.218000", "171221.218000", "171226.218000", "171226.218000", "171226.218000", "171226.218000", "171231.218000", "171231.218000", "171231.218000", "171231.218000", "171236.218000", "171236.218000", "171236.218000", "171236.218000", "171241.218000", "171241.218000", "171241.218000", "171241.218000", "171246.218000", "171246.218000", "171246.218000", "171246.218000", "171251.218000", "171251.218000", "171251.218000", "171256.218000", "171256.218000", "171256.218000", "171256.218000", "171301.218000", "171301.218000", "171301.218000", "171301.218000", "171301.218000", "171306.218000", "171306.218000", "171306.218000", "171306.218000", "171311.218000", "171311.218000", "171311.218000", "171311.234000", "171316.218000", "171316.218000", "171316.218000", "171316.218000", "171321.218000", "171321.234000", "171321.234000", "171321.234000", "171326.218000", "171326.218000", "171326.234000", "171326.234000", "171331.218000", "171331.218000", "171331.218000", "171336.218000", "171336.218000", "171336.218000", "171336.218000", "171341.218000", "171341.218000", "171341.218000", "171341.218000", "171346.218000", "171346.218000", "171346.218000", "171346.218000", "171351.218000", "171351.218000", "171351.218000", "171351.218000", "171351.234000", "171356.218000", "171356.218000", "171356.218000", "171356.234000", "171401.218000", "171401.218000", "171401.218000", "171401.234000", "171406.218000", "171406.218000", "171406.218000", "171411.218000", "171411.218000", "171411.218000", "171411.218000", "171411.234000", "171416.218000", "171416.218000", "171416.218000", "171416.218000", "171421.218000", "171421.218000", "171421.218000", "171426.218000", "171426.218000", "171426.218000", "171426.234000", "171431.218000", "171431.218000", "171431.218000", "171431.234000", "171436.218000", "171436.218000", "171436.218000", "171436.218000", "171441.218000", "171441.218000", "171441.218000", "171446.218000", "171446.218000", "171446.218000", "171446.218000", "171451.218000", "171451.218000", "171451.218000", "171451.218000", "171456.218000", "171456.218000", "171456.218000", "171456.218000", "171501.218000", "171501.218000", "171501.218000", "171501.218000", "171506.218000", "171506.218000", "171506.218000", "171506.218000", "171511.218000", "171511.218000", "171511.218000", "171511.218000", "171516.218000", "171516.218000", "171516.218000", "171516.218000", "171521.218000", "171521.218000", "171521.218000", "171521.218000", "171526.218000", "171526.218000", "171526.218000", "171531.218000", "171531.218000", "171531.218000", "171531.218000", "171536.218000", "171536.218000", "171536.218000", "171536.218000", "171541.218000", "171541.218000", "171541.218000", "171541.218000", "171546.218000", "171546.218000", "171546.218000", "171551.218000", "171551.218000", "171551.218000", "171551.218000", "171556.218000", "171556.218000", "171556.218000", "171556.218000", "171601.218000", "171601.218000", "171601.218000", "171601.218000", "171606.218000", "171606.218000", "171606.218000", "171606.234000", "171611.218000", "171611.218000", "171611.218000", "171611.218000", "171616.218000", "171616.218000", "171616.218000", "171616.218000", "171621.218000", "171621.218000", "171621.218000", "171621.218000", "171626.218000", "171626.218000", "171626.218000", "171626.218000", "171631.218000", "171631.218000", "171631.218000", "171636.218000", "171636.218000", "171636.218000", "171636.234000", "171641.218000", "171641.218000", "171641.218000", "171641.234000", "171646.218000", "171646.218000", "171646.218000", "171646.218000", "171651.218000", "171651.218000", "171651.218000", "171651.218000", "171656.218000", "171656.218000", "171656.218000", "171656.234000", "171701.218000", "171701.218000", "171701.218000", "171701.218000", "171706.218000", "171706.218000", "171706.218000", "171706.234000", "171711.218000", "171711.218000", "171711.218000", "171711.234000", "171716.218000", "171716.218000", "171716.234000", "171721.218000", "171721.218000", "171721.218000", "171721.234000", "171726.218000", "171726.218000", "171726.218000", "171726.218000", "171726.218000", "171731.218000", "171731.218000", "171731.218000", "171731.218000", "171736.218000", "171736.218000", "171736.218000", "171736.218000", "171741.218000", "171741.218000", "171741.218000", "171741.218000", "171741.218000", "171746.218000", "171746.218000", "171746.218000", "171746.234000", "171751.218000", "171751.218000", "171751.218000", "171751.218000", "171756.218000", "171756.218000", "171756.218000", "171756.218000", "171801.218000", "171801.218000", "171801.218000", "171801.234000", "171806.218000", "171806.218000", "171806.218000", "171806.218000", "171811.218000", "171811.218000", "171811.218000", "171811.218000", "171811.218000", "171816.218000", "171816.218000", "171816.218000", "171816.218000", "171821.218000", "171821.218000", "171821.218000", "171821.218000", "171822.656000", "171822.656000"], "InstanceCreationTime": ["170727.296000", "170736.218000", "170736.218000", "170736.218000", "170736.218000", "170736.234000", "170736.234000", "170736.234000", "170741.218000", "170741.218000", "170741.218000", "170741.218000", "170746.218000", "170746.218000", "170746.218000", "170746.218000", "170746.218000", "170751.218000", "170751.218000", "170751.218000", "170756.218000", "170756.218000", "170756.218000", "170756.218000", "170801.218000", "170801.218000", "170801.218000", "170801.218000", "170806.218000", "170806.218000", "170806.234000", "170806.234000", "170811.218000", "170811.218000", "170811.218000", "170811.218000", "170816.218000", "170816.218000", "170816.218000", "170816.218000", "170821.218000", "170821.218000", "170821.218000", "170821.234000", "170826.218000", "170826.218000", "170826.218000", "170831.218000", "170831.218000", "170831.218000", "170831.218000", "170836.218000", "170836.218000", "170836.218000", "170836.218000", "170841.218000", "170841.218000", "170841.218000", "170841.218000", "170846.218000", "170846.218000", "170846.218000", "170846.218000", "170851.218000", "170851.218000", "170851.218000", "170851.218000", "170856.218000", "170856.218000", "170856.218000", "170856.218000", "170901.218000", "170901.218000", "170901.218000", "170901.218000", "170906.218000", "170906.218000", "170906.218000", "170906.218000", "170911.218000", "170911.218000", "170911.218000", "170916.218000", "170916.218000", "170916.218000", "170916.218000", "170921.218000", "170921.218000", "170921.218000", "170926.218000", "170926.218000", "170926.218000", "170926.218000", "170926.234000", "170931.218000", "170931.218000", "170931.218000", "170931.218000", "170936.218000", "170936.218000", "170936.218000", "170936.218000", "170941.218000", "170941.218000", "170941.218000", "170941.218000", "170946.218000", "170946.218000", "170946.218000", "170951.218000", "170951.218000", "170951.218000", "170951.218000", "170951.234000", "170956.218000", "170956.218000", "170956.218000", "171001.218000", "171001.218000", "171001.218000", "171001.234000", "171006.218000", "171006.218000", "171006.218000", "171006.218000", "171011.218000", "171011.218000", "171011.218000", "171011.218000", "171016.218000", "171016.218000", "171016.218000", "171016.218000", "171021.218000", "171021.218000", "171021.218000", "171026.218000", "171026.218000", "171026.218000", "171026.218000", "171026.218000", "171031.218000", "171031.218000", "171031.218000", "171031.218000", "171036.218000", "171036.218000", "171036.234000", "171041.218000", "171041.218000", "171041.218000", "171041.218000", "171041.218000", "171046.218000", "171046.218000", "171046.218000", "171046.218000", "171051.218000", "171051.218000", "171051.218000", "171056.218000", "171056.218000", "171056.218000", "171056.218000", "171056.218000", "171101.218000", "171101.218000", "171101.218000", "171106.218000", "171106.218000", "171106.218000", "171106.218000", "171106.218000", "171111.218000", "171111.218000", "171111.218000", "171116.218000", "171116.218000", "171116.218000", "171116.218000", "171116.234000", "171121.218000", "171121.218000", "171121.218000", "171126.218000", "171126.218000", "171126.218000", "171126.218000", "171131.218000", "171131.218000", "171131.218000", "171131.218000", "171136.218000", "171136.218000", "171136.218000", "171136.218000", "171141.218000", "171141.218000", "171141.218000", "171141.234000", "171146.218000", "171146.218000", "171146.218000", "171146.218000", "171151.218000", "171151.218000", "171151.218000", "171151.234000", "171156.218000", "171156.218000", "171156.218000", "171201.218000", "171201.218000", "171201.218000", "171201.218000", "171206.218000", "171206.218000", "171206.218000", "171206.218000", "171211.218000", "171211.218000", "171211.218000", "171211.218000", "171216.218000", "171216.218000", "171216.218000", "171216.218000", "171221.218000", "171221.218000", "171221.218000", "171221.218000", "171226.218000", "171226.218000", "171226.218000", "171226.218000", "171231.218000", "171231.218000", "171231.218000", "171231.218000", "171236.218000", "171236.218000", "171236.218000", "171236.218000", "171241.218000", "171241.218000", "171241.218000", "171241.218000", "171246.218000", "171246.218000", "171246.218000", "171246.218000", "171251.218000", "171251.218000", "171251.218000", "171256.218000", "171256.218000", "171256.218000", "171256.218000", "171301.218000", "171301.218000", "171301.218000", "171301.218000", "171301.218000", "171306.218000", "171306.218000", "171306.218000", "171306.218000", "171311.218000", "171311.218000", "171311.218000", "171311.234000", "171316.218000", "171316.218000", "171316.218000", "171316.218000", "171321.218000", "171321.234000", "171321.234000", "171321.234000", "171326.218000", "171326.218000", "171326.234000", "171326.234000", "171331.218000", "171331.218000", "171331.218000", "171336.218000", "171336.218000", "171336.218000", "171336.218000", "171341.218000", "171341.218000", "171341.218000", "171341.218000", "171346.218000", "171346.218000", "171346.218000", "171346.218000", "171351.218000", "171351.218000", "171351.218000", "171351.218000", "171351.234000", "171356.218000", "171356.218000", "171356.218000", "171356.234000", "171401.218000", "171401.218000", "171401.218000", "171401.234000", "171406.218000", "171406.218000", "171406.218000", "171411.218000", "171411.218000", "171411.218000", "171411.218000", "171411.234000", "171416.218000", "171416.218000", "171416.218000", "171416.218000", "171421.218000", "171421.218000", "171421.218000", "171426.218000", "171426.218000", "171426.218000", "171426.234000", "171431.218000", "171431.218000", "171431.218000", "171431.234000", "171436.218000", "171436.218000", "171436.218000", "171436.218000", "171441.218000", "171441.218000", "171441.218000", "171446.218000", "171446.218000", "171446.218000", "171446.218000", "171451.218000", "171451.218000", "171451.218000", "171451.218000", "171456.218000", "171456.218000", "171456.218000", "171456.218000", "171501.218000", "171501.218000", "171501.218000", "171501.218000", "171506.218000", "171506.218000", "171506.218000", "171506.218000", "171511.218000", "171511.218000", "171511.218000", "171511.218000", "171516.218000", "171516.218000", "171516.218000", "171516.218000", "171521.218000", "171521.218000", "171521.218000", "171521.218000", "171526.218000", "171526.218000", "171526.218000", "171531.218000", "171531.218000", "171531.218000", "171531.218000", "171536.218000", "171536.218000", "171536.218000", "171536.218000", "171541.218000", "171541.218000", "171541.218000", "171541.218000", "171546.218000", "171546.218000", "171546.218000", "171551.218000", "171551.218000", "171551.218000", "171551.218000", "171556.218000", "171556.218000", "171556.218000", "171556.218000", "171601.218000", "171601.218000", "171601.218000", "171601.218000", "171606.218000", "171606.218000", "171606.218000", "171606.234000", "171611.218000", "171611.218000", "171611.218000", "171611.218000", "171616.218000", "171616.218000", "171616.218000", "171616.218000", "171621.218000", "171621.218000", "171621.218000", "171621.218000", "171626.218000", "171626.218000", "171626.218000", "171626.218000", "171631.218000", "171631.218000", "171631.218000", "171636.218000", "171636.218000", "171636.218000", "171636.234000", "171641.218000", "171641.218000", "171641.218000", "171641.234000", "171646.218000", "171646.218000", "171646.218000", "171646.218000", "171651.218000", "171651.218000", "171651.218000", "171651.218000", "171656.218000", "171656.218000", "171656.218000", "171656.234000", "171701.218000", "171701.218000", "171701.218000", "171701.218000", "171706.218000", "171706.218000", "171706.218000", "171706.234000", "171711.218000", "171711.218000", "171711.218000", "171711.234000", "171716.218000", "171716.218000", "171716.234000", "171721.218000", "171721.218000", "171721.218000", "171721.234000", "171726.218000", "171726.218000", "171726.218000", "171726.218000", "171726.218000", "171731.218000", "171731.218000", "171731.218000", "171731.218000", "171736.218000", "171736.218000", "171736.218000", "171736.218000", "171741.218000", "171741.218000", "171741.218000", "171741.218000", "171741.218000", "171746.218000", "171746.218000", "171746.218000", "171746.234000", "171751.218000", "171751.218000", "171751.218000", "171751.218000", "171756.218000", "171756.218000", "171756.218000", "171756.218000", "171801.218000", "171801.218000", "171801.218000", "171801.234000", "171806.218000", "171806.218000", "171806.218000", "171806.218000", "171811.218000", "171811.218000", "171811.218000", "171811.218000", "171811.218000", "171816.218000", "171816.218000", "171816.218000", "171816.218000", "171821.218000", "171821.218000", "171821.218000", "171821.218000", "171822.656000", "171822.656000"], "InstanceNumber": [1, 2, 3, 4, 5, 6, 7, 8, 9, 10, 11, 12, 13, 14, 15, 16, 17, 18, 19, 20, 21, 22, 23, 24, 25, 26, 27, 28, 29, 30, 31, 32, 33, 34, 35, 36, 37, 38, 39, 40, 41, 42, 43, 44, 45, 46, 47, 48, 49, 50, 51, 52, 53, 54, 55, 56, 57, 58, 59, 60, 61, 62, 63, 64, 65, 66, 67, 68, 69, 70, 71, 72, 73, 74, 75, 76, 77, 78, 79, 80, 81, 82, 83, 84, 85, 86, 87, 88, 89, 90, 91, 92, 93, 94, 95, 96, 97, 98, 99, 100, 101, 102, 103, 104, 105, 106, 107, 108, 109, 110, 111, 112, 113, 114, 115, 116, 117, 118, 119, 120, 121, 122, 123, 124, 125, 126, 127, 128, 129, 130, 131, 132, 133, 134, 135, 136, 137, 138, 139, 140, 141, 142, 143, 144, 145, 146, 147, 148, 149, 150, 151, 152, 153, 154, 155, 156, 157, 158, 159, 160, 161, 162, 163, 164, 165, 166, 167, 168, 169, 170, 171, 172, 173, 174, 175, 176, 177, 178, 179, 180, 181, 182, 183, 184, 185, 186, 187, 188, 189, 190, 191, 192, 193, 194, 195, 196, 197, 198, 199, 200, 201, 202, 203, 204, 205, 206, 207, 208, 209, 210, 211, 212, 213, 214, 215, 216, 217, 218, 219, 220, 221, 222, 223, 224, 225, 226, 227, 228, 229, 230, 231, 232, 233, 234, 235, 236, 237, 238, 239, 240, 241, 242, 243, 244, 245, 246, 247, 248, 249, 250, 251, 252, 253, 254, 255, 256, 257, 258, 259, 260, 261, 262, 263, 264, 265, 266, 267, 268, 269, 270, 271, 272, 273, 274, 275, 276, 277, 278, 279, 280, 281, 282, 283, 284, 285, 286, 287, 288, 289, 290, 291, 292, 293, 294, 295, 296, 297, 298, 299, 300, 301, 302, 303, 304, 305, 306, 307, 308, 309, 310, 311, 312, 313, 314, 315, 316, 317, 318, 319, 320, 321, 322, 323, 324, 325, 326, 327, 328, 329, 330, 331, 332, 333, 334, 335, 336, 337, 338, 339, 340, 341, 342, 343, 344, 345, 346, 347, 348, 349, 350, 351, 352, 353, 354, 355, 356, 357, 358, 359, 360, 361, 362, 363, 364, 365, 366, 367, 368, 369, 370, 371, 372, 373, 374, 375, 376, 377, 378, 379, 380, 381, 382, 383, 384, 385, 386, 387, 388, 389, 390, 391, 392, 393, 394, 395, 396, 397, 398, 399, 400, 401, 402, 403, 404, 405, 406, 407, 408, 409, 410, 411, 412, 413, 414, 415, 416, 417, 418, 419, 420, 421, 422, 423, 424, 425, 426, 427, 428, 429, 430, 431, 432, 433, 434, 435, 436, 437, 438, 439, 440, 441, 442, 443, 444, 445, 446, 447, 448, 449, 450, 451, 452, 453, 454, 455, 456, 457, 458, 459, 460, 461, 462, 463, 464, 465, 466, 467, 468, 469, 470, 471, 472, 473, 474, 475, 476, 477, 478, 479, 480, 481, 482, 483, 484, 485, 486, 487, 488, 489, 490, 491, 492, 493, 494, 495, 496, 497, 498, 499, 500, 501, 502, 503, 504, 505, 506, 507, 508, 509, 510, 511, 512, 513, 514, 515, 516, 517, 518], "LargestImagePixelValue": [17947, 18642, 19213, 19198, 17810, 17964, 17624, 19757, 17475, 18805, 17863, 18588, 17843, 17821, 18676, 19380, 18160, 18629, 17819, 18627, 17768, 18231, 17960, 17817, 17919, 17601, 18642, 17659, 19977, 17618, 18634, 17748, 17845, 17862, 17491, 18651, 18167, 19711, 18442, 17888, 19026, 17613, 17659, 17679, 18080, 20853, 18504, 18375, 18018, 18737, 18384, 19652, 17823, 18965, 17937, 17759, 17740, 18142, 19092, 17861, 19110, 17990, 18335, 17751, 17739, 17952, 19399, 17982, 19759, 17805, 19292, 17849, 17845, 17925, 18431, 18640, 19654, 17804, 17474, 19240, 18046, 21595, 17728, 19245, 17629, 19137, 19177, 18315, 20200, 18433, 17921, 19154, 17607, 19424, 18426, 17954, 17991, 17772, 18748, 20326, 18218, 18833, 18784, 17971, 17865, 18417, 17690, 17876, 18214, 17657, 18442, 17828, 19241, 17811, 18467, 17615, 19669, 18976, 18724, 19907, 19499, 17870, 18259, 18990, 17845, 18377, 19476, 18314, 17770, 18722, 18931, 17971, 17793, 17697, 18064, 18710, 18781, 18202, 17716, 18072, 19262, 17736, 17699, 19431, 18320, 17833, 18598, 17780, 18407, 18151, 17574, 18279, 18496, 17668, 21296, 17696, 18021, 18327, 18083, 18758, 19558, 18917, 18967, 17701, 18152, 17794, 17661, 17581, 17651, 19220, 18095, 19971, 19195, 19493, 18928, 18336, 17332, 17671, 17359, 18700, 18574, 18694, 17865, 18750, 18893, 18752, 17683, 18386, 19909, 19578, 17823, 17575, 17617, 17515, 18003, 18136, 17684, 17747, 17657, 20065, 20147, 17802, 18123, 18663, 18313, 17846, 18944, 18744, 17714, 18214, 17491, 18496, 18516, 17902, 17920, 17763, 18495, 19682, 17528, 19998, 17795, 19958, 17895, 17376, 20963, 20868, 18104, 17634, 17899, 17425, 18130, 19434, 17644, 17897, 17599, 17296, 17151, 19076, 19233, 19337, 19260, 17388, 17441, 17579, 17335, 18574, 17155, 18677, 18368, 19597, 17398, 17440, 18201, 19026, 17244, 17802, 17484, 17486, 17509, 17450, 17221, 17935, 17500, 17578, 17507, 18103, 18951, 17787, 18567, 17842, 17145, 19553, 18687, 20286, 17697, 17223, 17976, 17321, 17891, 18109, 18336, 17517, 18281, 18206, 19451, 17724, 17956, 17766, 17266, 18953, 18775, 17834, 17229, 17600, 17890, 18889, 18198, 18493, 17541, 18087, 17496, 18178, 20708, 18188, 18475, 18816, 17614, 17469, 17841, 17861, 16966, 17549, 17652, 18400, 17897, 17788, 17161, 17647, 17669, 17772, 17435, 17882, 17659, 17649, 17705, 18179, 18077, 17079, 19093, 17318, 17117, 17721, 18669, 17547, 19972, 17731, 17750, 18013, 17342, 16990, 16986, 18003, 17781, 17964, 18704, 18898, 17665, 17947, 18023, 17574, 17626, 17348, 18627, 18805, 18174, 17357, 19415, 17026, 18237, 19728, 17788, 17084, 17580, 17081, 19274, 17997, 18761, 18789, 19282, 17714, 18997, 18065, 18101, 18121, 18286, 17510, 19211, 18643, 19436, 17114, 17543, 17542, 17670, 17519, 20051, 18468, 17334, 18031, 17328, 17666, 18928, 17796, 19079, 17315, 17911, 18287, 18194, 19424, 17636, 18563, 17087, 20672, 18705, 17633, 18753, 17543, 17511, 17370, 19980, 17403, 19735, 18765, 18129, 17733, 17214, 18396, 18936, 18723, 17425, 20936, 18069, 18351, 18751, 18524, 17485, 18133, 18069, 18989, 17910, 18015, 18153, 17515, 16979, 17650, 18558, 17254, 17033, 19638, 17006, 17780, 18859, 17586, 18347, 17274, 18031, 18990, 17413, 17817, 18679, 17586, 17157, 18048, 18707, 20576, 17380, 17428, 18031, 17394, 17470, 18490, 17408, 19242, 18103, 17966, 18574, 19104, 17138, 18275, 17669, 17779, 17525, 17546, 17508, 17588, 18763, 18590, 17596, 17514, 17463, 18853, 17356, 18252, 17501, 17259, 17483, 17254, 17800, 17391, 18641, 17725, 17292, 18138, 17628, 17319, 17877, 17684, 17293, 17738, 17254, 17280, 17702, 18209, 18312, 17395, 18980, 17829, 17417, 17492, 17354, 17348, 17395, 17772, 17347, 18639, 18226, 17251, 17787, 17502], "WindowCenter": [8526.0, 8525.0, 8522.0, 8513.0, 8537.0, 8529.0, 8539.0, 8545.0, 8526.0, 8530.0, 8523.0, 8525.0, 8520.0, 8530.0, 8521.0, 8542.0, 8527.0, 8528.0, 8526.0, 8533.0, 8519.0, 8530.0, 8530.0, 8558.0, 8546.0, 8534.0, 8534.0, 8507.0, 8533.0, 8510.0, 8518.0, 8515.0, 8528.0, 8522.0, 8523.0, 8525.0, 8531.0, 8541.0, 8525.0, 8535.0, 8552.0, 8551.0, 8537.0, 8530.0, 8535.0, 8536.0, 8552.0, 8529.0, 8533.0, 8555.0, 8526.0, 8528.0, 8530.0, 8540.0, 8542.0, 8528.0, 8530.0, 8508.0, 8513.0, 8492.0, 8527.0, 8523.0, 8511.0, 8518.0, 8522.0, 8517.0, 8536.0, 8505.0, 8539.0, 8514.0, 8523.0, 8497.0, 8528.0, 8504.0, 8510.0, 8519.0, 8528.0, 8541.0, 8527.0, 8532.0, 8514.0, 8553.0, 8509.0, 8524.0, 8508.0, 8524.0, 8519.0, 8514.0, 8537.0, 8525.0, 8526.0, 8534.0, 8526.0, 8550.0, 8534.0, 8528.0, 8533.0, 8503.0, 8512.0, 8516.0, 8489.0, 8495.0, 8506.0, 8523.0, 8528.0, 8527.0, 8541.0, 8513.0, 8513.0, 8514.0, 8521.0, 8527.0, 8537.0, 8510.0, 8516.0, 8528.0, 8538.0, 8541.0, 8528.0, 8532.0, 8531.0, 8524.0, 8526.0, 8532.0, 8527.0, 8523.0, 8534.0, 8516.0, 8521.0, 8520.0, 8543.0, 8525.0, 8525.0, 8509.0, 8522.0, 8536.0, 8526.0, 8526.0, 8519.0, 8508.0, 8511.0, 8515.0, 8532.0, 8560.0, 8535.0, 8533.0, 8528.0, 8504.0, 8530.0, 8514.0, 8527.0, 8537.0, 8523.0, 8526.0, 8547.0, 8519.0, 8520.0, 8528.0, 8515.0, 8524.0, 8513.0, 8522.0, 8541.0, 8499.0, 8524.0, 8508.0, 8502.0, 8514.0, 8485.0, 8497.0, 8507.0, 8526.0, 8517.0, 8519.0, 8539.0, 8526.0, 8507.0, 8522.0, 8496.0, 8504.0, 8513.0, 8535.0, 8519.0, 8528.0, 8504.0, 8522.0, 8501.0, 8505.0, 8538.0, 8527.0, 8502.0, 8502.0, 8513.0, 8512.0, 8506.0, 8511.0, 8504.0, 8509.0, 8494.0, 8516.0, 8526.0, 8513.0, 8513.0, 8509.0, 8519.0, 8496.0, 8510.0, 8503.0, 8489.0, 8500.0, 8497.0, 8520.0, 8507.0, 8502.0, 8505.0, 8516.0, 8506.0, 8518.0, 8498.0, 8528.0, 8536.0, 8534.0, 8511.0, 8511.0, 8514.0, 8527.0, 8526.0, 8515.0, 8512.0, 8503.0, 8502.0, 8502.0, 8496.0, 8520.0, 8495.0, 8507.0, 8530.0, 8516.0, 8541.0, 8515.0, 8530.0, 8527.0, 8517.0, 8511.0, 8506.0, 8492.0, 8479.0, 8495.0, 8506.0, 8504.0, 8485.0, 8489.0, 8501.0, 8487.0, 8467.0, 8505.0, 8496.0, 8510.0, 8492.0, 8498.0, 8500.0, 8497.0, 8506.0, 8497.0, 8501.0, 8509.0, 8519.0, 8512.0, 8513.0, 8501.0, 8511.0, 8517.0, 8532.0, 8538.0, 8516.0, 8502.0, 8497.0, 8501.0, 8504.0, 8507.0, 8501.0, 8515.0, 8525.0, 8516.0, 8512.0, 8521.0, 8505.0, 8516.0, 8513.0, 8525.0, 8519.0, 8524.0, 8517.0, 8523.0, 8509.0, 8516.0, 8517.0, 8508.0, 8509.0, 8530.0, 8514.0, 8545.0, 8552.0, 8526.0, 8537.0, 8518.0, 8493.0, 8495.0, 8504.0, 8486.0, 8493.0, 8500.0, 8483.0, 8521.0, 8518.0, 8526.0, 8517.0, 8492.0, 8474.0, 8481.0, 8480.0, 8499.0, 8511.0, 8518.0, 8491.0, 8503.0, 8495.0, 8481.0, 8524.0, 8496.0, 8517.0, 8523.0, 8510.0, 8487.0, 8505.0, 8470.0, 8482.0, 8505.0, 8506.0, 8505.0, 8513.0, 8513.0, 8485.0, 8485.0, 8482.0, 8496.0, 8512.0, 8502.0, 8523.0, 8524.0, 8507.0, 8506.0, 8519.0, 8528.0, 8502.0, 8505.0, 8504.0, 8493.0, 8522.0, 8532.0, 8529.0, 8510.0, 8521.0, 8513.0, 8530.0, 8510.0, 8507.0, 8546.0, 8530.0, 8520.0, 8525.0, 8496.0, 8508.0, 8529.0, 8515.0, 8515.0, 8512.0, 8515.0, 8525.0, 8519.0, 8517.0, 8521.0, 8510.0, 8500.0, 8515.0, 8505.0, 8521.0, 8512.0, 8502.0, 8528.0, 8508.0, 8499.0, 8511.0, 8506.0, 8501.0, 8510.0, 8509.0, 8519.0, 8491.0, 8515.0, 8494.0, 8543.0, 8522.0, 8506.0, 8534.0, 8498.0, 8499.0, 8488.0, 8515.0, 8479.0, 8525.0, 8511.0, 8506.0, 8506.0, 8508.0, 8513.0, 8523.0, 8511.0, 8521.0, 8549.0, 8514.0, 8520.0, 8545.0, 8535.0, 8518.0, 8545.0, 8515.0, 8520.0, 8510.0, 8502.0, 8489.0, 8495.0, 8492.0, 8487.0, 8477.0, 8474.0, 8484.0, 8497.0, 8469.0, 8491.0, 8508.0, 8485.0, 8502.0, 8489.0, 8489.0, 8502.0, 8497.0, 8501.0, 8506.0, 8488.0, 8492.0, 8514.0, 8510.0, 8520.0, 8511.0, 8498.0, 8513.0, 8500.0, 8508.0, 8533.0, 8501.0, 8538.0, 8523.0, 8527.0, 8538.0, 8526.0, 8522.0, 8531.0, 8527.0, 8525.0, 8505.0, 8494.0, 8483.0, 8466.0, 8477.0, 8488.0, 8463.0, 8502.0, 8489.0, 8506.0, 8476.0, 8483.0, 8504.0, 8500.0, 8489.0, 8492.0, 8487.0, 8478.0, 8482.0, 8495.0, 8491.0, 8510.0, 8498.0, 8492.0, 8509.0, 8497.0, 8514.0, 8497.0, 8505.0, 8493.0, 8500.0, 8511.0, 8503.0, 8503.0, 8506.0, 8481.0, 8502.0, 8510.0, 8503.0, 8522.0, 8487.0, 8493.0, 8495.0, 8503.0, 8515.0, 8514.0, 8526.0, 8501.0], "WindowWidth": [17900.0, 17891.0, 17881.0, 17866.0, 17919.0, 17901.0, 17921.0, 17925.0, 17894.0, 17900.0, 17892.0, 17895.0, 17886.0, 17902.0, 17884.0, 17918.0, 17894.0, 17897.0, 17896.0, 17906.0, 17885.0, 17910.0, 17906.0, 17960.0, 17937.0, 17911.0, 17906.0, 17859.0, 17901.0, 17864.0, 17879.0, 17875.0, 17903.0, 17892.0, 17893.0, 17893.0, 17903.0, 17917.0, 17891.0, 17920.0, 17947.0, 17946.0, 17920.0, 17906.0, 17912.0, 17910.0, 17947.0, 17910.0, 17915.0, 17949.0, 17896.0, 17896.0, 17905.0, 17921.0, 17930.0, 17902.0, 17902.0, 17860.0, 17865.0, 17827.0, 17892.0, 17891.0, 17866.0, 17880.0, 17888.0, 17877.0, 17907.0, 17854.0, 17916.0, 17876.0, 17884.0, 17839.0, 17894.0, 17851.0, 17862.0, 17882.0, 17893.0, 17922.0, 17898.0, 17903.0, 17871.0, 17937.0, 17866.0, 17888.0, 17859.0, 17883.0, 17878.0, 17871.0, 17911.0, 17896.0, 17898.0, 17908.0, 17896.0, 17940.0, 17910.0, 17903.0, 17912.0, 17852.0, 17859.0, 17861.0, 17818.0, 17829.0, 17854.0, 17896.0, 17902.0, 17899.0, 17923.0, 17871.0, 17870.0, 17872.0, 17888.0, 17897.0, 17909.0, 17864.0, 17873.0, 17898.0, 17913.0, 17921.0, 17901.0, 17900.0, 17900.0, 17888.0, 17891.0, 17901.0, 17900.0, 17890.0, 17905.0, 17872.0, 17884.0, 17881.0, 17924.0, 17894.0, 17893.0, 17863.0, 17885.0, 17910.0, 17891.0, 17891.0, 17878.0, 17860.0, 17863.0, 17878.0, 17913.0, 17956.0, 17913.0, 17907.0, 17894.0, 17852.0, 17902.0, 17871.0, 17899.0, 17913.0, 17888.0, 17893.0, 17925.0, 17888.0, 17884.0, 17895.0, 17871.0, 17887.0, 17863.0, 17885.0, 17921.0, 17847.0, 17889.0, 17859.0, 17847.0, 17874.0, 17820.0, 17832.0, 17851.0, 17880.0, 17870.0, 17874.0, 17919.0, 17897.0, 17865.0, 17886.0, 17838.0, 17848.0, 17864.0, 17909.0, 17882.0, 17894.0, 17848.0, 17881.0, 17845.0, 17850.0, 17908.0, 17892.0, 17848.0, 17850.0, 17870.0, 17867.0, 17858.0, 17868.0, 17854.0, 17861.0, 17834.0, 17867.0, 17886.0, 17870.0, 17870.0, 17861.0, 17879.0, 17834.0, 17856.0, 17849.0, 17825.0, 17842.0, 17837.0, 17876.0, 17858.0, 17852.0, 17856.0, 17873.0, 17853.0, 17874.0, 17845.0, 17898.0, 17915.0, 17903.0, 17869.0, 17867.0, 17862.0, 17890.0, 17895.0, 17877.0, 17868.0, 17854.0, 17846.0, 17841.0, 17836.0, 17882.0, 17836.0, 17861.0, 17902.0, 17874.0, 17919.0, 17873.0, 17903.0, 17902.0, 17883.0, 17870.0, 17854.0, 17822.0, 17803.0, 17830.0, 17851.0, 17846.0, 17817.0, 17822.0, 17839.0, 17814.0, 17781.0, 17848.0, 17837.0, 17861.0, 17829.0, 17840.0, 17844.0, 17837.0, 17857.0, 17839.0, 17845.0, 17859.0, 17875.0, 17866.0, 17867.0, 17845.0, 17866.0, 17872.0, 17900.0, 17911.0, 17879.0, 17849.0, 17839.0, 17848.0, 17847.0, 17859.0, 17847.0, 17873.0, 17891.0, 17873.0, 17864.0, 17887.0, 17858.0, 17875.0, 17869.0, 17887.0, 17880.0, 17893.0, 17881.0, 17889.0, 17862.0, 17873.0, 17877.0, 17856.0, 17859.0, 17897.0, 17872.0, 17935.0, 17940.0, 17895.0, 17911.0, 17875.0, 17827.0, 17832.0, 17851.0, 17820.0, 17831.0, 17840.0, 17815.0, 17882.0, 17876.0, 17893.0, 17876.0, 17825.0, 17787.0, 17800.0, 17801.0, 17839.0, 17864.0, 17881.0, 17830.0, 17847.0, 17831.0, 17810.0, 17888.0, 17840.0, 17881.0, 17891.0, 17860.0, 17813.0, 17840.0, 17781.0, 17805.0, 17847.0, 17856.0, 17859.0, 17871.0, 17866.0, 17812.0, 17813.0, 17807.0, 17829.0, 17867.0, 17851.0, 17888.0, 17887.0, 17855.0, 17855.0, 17873.0, 17893.0, 17848.0, 17856.0, 17849.0, 17832.0, 17880.0, 17894.0, 17899.0, 17868.0, 17881.0, 17872.0, 17894.0, 17863.0, 17854.0, 17931.0, 17899.0, 17882.0, 17888.0, 17838.0, 17857.0, 17900.0, 17873.0, 17874.0, 17865.0, 17870.0, 17890.0, 17886.0, 17875.0, 17882.0, 17863.0, 17842.0, 17863.0, 17854.0, 17885.0, 17867.0, 17852.0, 17896.0, 17858.0, 17847.0, 17860.0, 17854.0, 17843.0, 17858.0, 17855.0, 17876.0, 17828.0, 17868.0, 17836.0, 17914.0, 17885.0, 17856.0, 17910.0, 17843.0, 17840.0, 17819.0, 17863.0, 17805.0, 17890.0, 17862.0, 17855.0, 17860.0, 17861.0, 17869.0, 17892.0, 17864.0, 17886.0, 17929.0, 17872.0, 17881.0, 17931.0, 17913.0, 17884.0, 17928.0, 17870.0, 17880.0, 17862.0, 17847.0, 17821.0, 17830.0, 17824.0, 17815.0, 17798.0, 17791.0, 17810.0, 17829.0, 17783.0, 17822.0, 17854.0, 17813.0, 17842.0, 17823.0, 17824.0, 17842.0, 17836.0, 17848.0, 17851.0, 17821.0, 17830.0, 17863.0, 17857.0, 17875.0, 17873.0, 17844.0, 17870.0, 17846.0, 17861.0, 17906.0, 17852.0, 17915.0, 17889.0, 17898.0, 17915.0, 17891.0, 17895.0, 17908.0, 17902.0, 17898.0, 17855.0, 17829.0, 17809.0, 17774.0, 17790.0, 17816.0, 17776.0, 17843.0, 17820.0, 17848.0, 17797.0, 17809.0, 17849.0, 17841.0, 17821.0, 17827.0, 17818.0, 17800.0, 17806.0, 17833.0, 17826.0, 17856.0, 17838.0, 17829.0, 17860.0, 17839.0, 17869.0, 17840.0, 17854.0, 17832.0, 17846.0, 17861.0, 17847.0, 17850.0, 17851.0, 17806.0, 17848.0, 17865.0, 17853.0, 17887.0, 17821.0, 17828.0, 17835.0, 17850.0, 17869.0, 17872.0, 17892.0, 17848.0]}, "slices": {}}}