{"AcquisitionMatrixPE": 256, "AcquisitionNumber": 1, "AcquisitionTime": "16:34:4.710000", "BaseResolution": 256, "BodyPartExamined": "BRAIN", "ConsistencyInfo": "N4_VD11D_LATEST_20110129", "ConversionSoftware": "dcm2niix", "ConversionSoftwareVersion": "v1.0.20210317", "DeviceSerialNumber": "45239", "DwellTime": 7.3e-06, "EchoTime": 0.00195, "FlipAngle": 8, "ImageOrientationPatientDICOM": [0, 1, 0, 0, 0, -1], "ImageType": ["ORIGINAL", "PRIMARY", "M", "ND", "NORM"], "ImagingFrequency": 123.193, "InPlanePhaseEncodingDirectionDICOM": "ROW", "InstitutionAddress": "E 24th St. 100,Austin,Southmiddle,US,78712", "InstitutionName": "Univ of Texas at Austin", "InstitutionalDepartmentName": "IRC", "InversionTime": 1, "MRAcquisitionType": "3D", "MagneticFieldStrength": 3, "Manufacturer": "Siemens", "ManufacturersModelName": "Skyra", "Modality": "MR", "ParallelReductionFactorInPlane": 2, "PartialFourier": 1, "PatientPosition": "HFS", "PercentPhaseFOV": 100, "PercentSampling": 100, "PhaseEncodingSteps": 282, "PhaseOversampling": 0.1, "PhaseResolution": 1, "PixelBandwidth": 270, "ProcedureStepDescription": "Poldrack2^self-scanning", "ProtocolName": "T1w_MPR1_PMC", "PulseSequenceDetails": "%SiemensSeq%\\tfl", "ReceiveCoilActiveElements": "HEA;HEP", "ReceiveCoilName": "Head_32", "ReconMatrixPE": 256, "RefLinesPE": 32, "RepetitionTime": 2.4, "SAR": 0.05669, "ScanOptions": "IR\\WE", "ScanningSequence": "GR\\IR", "SequenceName": "*tfl3d1_16ns", "SequenceVariant": "SK\\SP\\MP\\OSP", "SeriesDescription": "T1w_MPR1_PMC", "SeriesNumber": 14, "ShimSetting": [-2780, 7990, -15569, 144, -256, -211, 147, -63], "SliceThickness": 0.8, "SoftwareVersions": "syngo MR D11", "StationName": "AWP45239", "TxRefAmp": 330.962, "dcmmeta_affine": [[0.800000011920929, 0.0, 0.0, -102.0], [0.0, 0.80078125, 0.0, -103.51519775390625], [0.0, 0.0, 0.80078125, -93.22463989257812], [0.0, 0.0, 0.0, 1.0]], "dcmmeta_reorient_transform": [[0.0, 0.0, -1.0, 255.0], [0.0, -1.0, 0.0, 255.0], [-1.0, 0.0, 0.0, 255.0], [0.0, 0.0, 0.0, 1.0]], "dcmmeta_shape": [256, 256, 256], "dcmmeta_slice_dim": 0, "dcmmeta_version": 0.6, "global": {"const": {"AcquisitionMatrix": [0, 256, 256, 0], "AcquisitionNumber": 1, "AcquisitionTime": "163404.710000", "AngioFlag": "N", "BitsAllocated": 16, "BitsStored": 12, "BodyPartExamined": "BRAIN", "Columns": 256, "EchoNumbers": 1, "EchoTime": 1.95, "EchoTrainLength": 1, "FlipAngle": 8.0, "HighBit": 11, "ImageOrientationPatient": [0.0, 1.0, 0.0, 0.0, 0.0, -1.0], "ImageType": ["ORIGINAL", "PRIMARY", "M", "ND", "NORM"], "ImagedNucleus": "1H", "ImagingFrequency": 123.19344, "InPlanePhaseEncodingDirection": "ROW", "InversionTime": 1000.0, "MRAcquisitionType": "3D", "MagneticFieldStrength": 3.0, "Manufacturer": "SIEMENS", "ManufacturerModelName": "Skyra", "Modality": "MR", "NumberOfAverages": 1.0, "NumberOfPhaseEncodingSteps": 282, "PercentPhaseFieldOfView": 100.0, "PercentSampling": 100.0, "PerformedProcedureStepStartTime": "153911.546000", "PhotometricInterpretation": "MONOCHROME2", "PixelBandwidth": 270.0, "PixelRepresentation": 0, "PixelSpacing": [0.80078125, 0.80078125], "ProtocolName": "T1w_MPR1_PMC", "RepetitionTime": 2400.0, "Rows": 256, "SAR": 0.05668998559931, "SamplesPerPixel": 1, "ScanOptions": ["IR", "WE"], "ScanningSequence": ["GR", "IR"], "SequenceName": "*tfl3d1_16ns", "SequenceVariant": ["SK", "SP", "MP", "OSP"], "SeriesDescription": "T1w_MPR1_PMC", "SeriesNumber": 14, "SeriesTime": "164032.218000", "SliceThickness": 0.80000001192093, "SmallestImagePixelValue": 0, "SoftwareVersions": "syngo MR D11", "SpecificCharacterSet": "ISO_IR 100", "StudyID": "1", "StudyTime": "153911.500000", "TransmitCoilName": "Body", "VariableFlipAngleFlag": "N", "WindowCenterWidthExplanation": "Algo1", "dBdt": 0.0}, "slices": {"ContentTime": ["164033.890000", "164033.890000", "164033.890000", "164033.890000", "164033.890000", "164033.828000", "164033.828000", "164033.828000", "164033.828000", "164033.828000", "164033.828000", "164033.828000", "164033.812000", "164033.812000", "164033.812000", "164033.812000", "164033.796000", "164033.796000", "164033.796000", "164033.796000", "164033.796000", "164033.796000", "164033.796000", "164033.796000", "164033.781000", "164033.781000", "164033.781000", "164033.781000", "164033.781000", "164033.781000", "164033.765000", "164033.765000", "164033.765000", "164033.765000", "164033.765000", "164033.750000", "164033.750000", "164033.750000", "164033.750000", "164033.750000", "164033.750000", "164033.734000", "164033.734000", "164033.734000", "164033.734000", "164033.734000", "164033.734000", "164033.734000", "164033.734000", "164033.718000", "164033.718000", "164033.718000", "164033.718000", "164033.718000", "164033.718000", "164033.703000", "164032.687000", "164032.687000", "164032.687000", "164032.687000", "164032.687000", "164032.687000", "164032.671000", "164032.671000", "164032.671000", "164032.656000", "164032.656000", "164032.656000", "164032.656000", "164032.656000", "164032.656000", "164032.656000", "164032.640000", "164032.640000", "164032.640000", "164032.640000", "164032.640000", "164032.625000", "164032.625000", "164032.625000", "164032.625000", "164032.625000", "164032.625000", "164032.625000", "164032.625000", "164032.609000", "164032.609000", "164032.609000", "164032.609000", "164032.609000", "164032.609000", "164032.609000", "164032.609000", "164032.593000", "164032.593000", "164032.593000", "164032.593000", "164032.593000", "164032.593000", "164032.593000", "164032.593000", "164032.578000", "164032.578000", "164032.578000", "164032.578000", "164032.578000", "164032.578000", "164032.578000", "164032.578000", "164032.562000", "164032.562000", "164032.562000", "164032.562000", "164032.562000", "164032.562000", "164032.562000", "164032.546000", "164032.546000", "164032.546000", "164032.546000", "164032.546000", "164032.546000", "164032.546000", "164032.546000", "164032.531000", "164032.531000", "164032.531000", "164032.531000", "164032.531000", "164032.531000", "164032.531000", "164032.531000", "164032.515000", "164032.515000", "164032.515000", "164032.515000", "164032.515000", "164032.515000", "164032.500000", "164032.500000", "164032.500000", "164032.500000", "164032.484000", "164032.484000", "164032.484000", "164032.468000", "164032.468000", "164032.453000", "164032.453000", "164032.453000", "164032.453000", "164032.437000", "164032.437000", "164032.437000", "164032.437000", "164032.437000", "164032.437000", "164032.437000", "164032.437000", "164032.421000", "164032.421000", "164032.421000", "164032.421000", "164032.421000", "164032.421000", "164032.421000", "164032.421000", "164032.406000", "164032.406000", "164032.406000", "164032.406000", "164032.406000", "164032.390000", "164032.390000", "164032.390000", "164032.390000", "164032.390000", "164032.390000", "164032.390000", "164032.375000", "164032.375000", "164032.375000", "164032.375000", "164032.375000", "164032.375000", "164032.359000", "164032.359000", "164032.359000", "164032.359000", "164032.359000", "164032.343000", "164032.343000", "164032.343000", "164032.343000", "164032.343000", "164032.343000", "164032.343000", "164032.343000", "164032.343000", "164032.328000", "164032.328000", "164032.328000", "164032.328000", "164032.328000", "164032.328000", "164032.328000", "164032.328000", "164032.312000", "164032.312000", "164032.312000", "164032.312000", "164032.312000", "164032.312000", "164032.312000", "164032.296000", "164032.296000", "164032.296000", "164032.296000", "164032.296000", "164032.296000", "164032.296000", "164032.296000", "164032.281000", "164032.281000", "164032.281000", "164032.281000", "164032.281000", "164032.281000", "164032.281000", "164032.265000", "164032.265000", "164032.265000", "164032.265000", "164032.265000", "164032.265000", "164032.265000", "164032.265000", "164032.265000", "164032.250000", "164032.250000", "164032.250000", "164032.250000", "164032.250000", "164032.250000", "164032.250000", "164032.250000", "164032.234000", "164032.234000", "164032.234000", "164032.234000", "164032.234000", "164032.234000", "164032.218000", "164032.218000", "164032.218000", "164032.218000"], "CsaImage.Actual3DImaPartNumber": [255, 254, 253, 252, 251, 250, 249, 248, 247, 246, 245, 244, 243, 242, 241, 240, 239, 238, 237, 236, 235, 234, 233, 232, 231, 230, 229, 228, 227, 226, 225, 224, 223, 222, 221, 220, 219, 218, 217, 216, 215, 214, 213, 212, 211, 210, 209, 208, 207, 206, 205, 204, 203, 202, 201, 200, 199, 198, 197, 196, 195, 194, 193, 192, 191, 190, 189, 188, 187, 186, 185, 184, 183, 182, 181, 180, 179, 178, 177, 176, 175, 174, 173, 172, 171, 170, 169, 168, 167, 166, 165, 164, 163, 162, 161, 160, 159, 158, 157, 156, 155, 154, 153, 152, 151, 150, 149, 148, 147, 146, 145, 144, 143, 142, 141, 140, 139, 138, 137, 136, 135, 134, 133, 132, 131, 130, 129, 128, 127, 126, 125, 124, 123, 122, 121, 120, 119, 118, 117, 116, 115, 114, 113, 112, 111, 110, 109, 108, 107, 106, 105, 104, 103, 102, 101, 100, 99, 98, 97, 96, 95, 94, 93, 92, 91, 90, 89, 88, 87, 86, 85, 84, 83, 82, 81, 80, 79, 78, 77, 76, 75, 74, 73, 72, 71, 70, 69, 68, 67, 66, 65, 64, 63, 62, 61, 60, 59, 58, 57, 56, 55, 54, 53, 52, 51, 50, 49, 48, 47, 46, 45, 44, 43, 42, 41, 40, 39, 38, 37, 36, 35, 34, 33, 32, 31, 30, 29, 28, 27, 26, 25, 24, 23, 22, 21, 20, 19, 18, 17, 16, 15, 14, 13, 12, 11, 10, 9, 8, 7, 6, 5, 4, 3, 2, 1, 0], "CsaImage.ICE_Dims": ["X_1_1_1_1_1_256_1_1_1_1_1_325", "X_1_1_1_1_1_255_1_1_1_1_1_325", "X_1_1_1_1_1_254_1_1_1_1_1_325", "X_1_1_1_1_1_253_1_1_1_1_1_325", "X_1_1_1_1_1_252_1_1_1_1_1_325", "X_1_1_1_1_1_251_1_1_1_1_1_325", "X_1_1_1_1_1_250_1_1_1_1_1_325", "X_1_1_1_1_1_249_1_1_1_1_1_325", "X_1_1_1_1_1_248_1_1_1_1_1_325", "X_1_1_1_1_1_247_1_1_1_1_1_325", "X_1_1_1_1_1_246_1_1_1_1_1_325", "X_1_1_1_1_1_245_1_1_1_1_1_325", "X_1_1_1_1_1_244_1_1_1_1_1_325", "X_1_1_1_1_1_243_1_1_1_1_1_325", "X_1_1_1_1_1_242_1_1_1_1_1_325", "X_1_1_1_1_1_241_1_1_1_1_1_325", "X_1_1_1_1_1_240_1_1_1_1_1_325", "X_1_1_1_1_1_239_1_1_1_1_1_325", "X_1_1_1_1_1_238_1_1_1_1_1_325", "X_1_1_1_1_1_237_1_1_1_1_1_325", "X_1_1_1_1_1_236_1_1_1_1_1_325", "X_1_1_1_1_1_235_1_1_1_1_1_325", "X_1_1_1_1_1_234_1_1_1_1_1_325", "X_1_1_1_1_1_233_1_1_1_1_1_325", "X_1_1_1_1_1_232_1_1_1_1_1_325", "X_1_1_1_1_1_231_1_1_1_1_1_325", "X_1_1_1_1_1_230_1_1_1_1_1_325", "X_1_1_1_1_1_229_1_1_1_1_1_325", "X_1_1_1_1_1_228_1_1_1_1_1_325", "X_1_1_1_1_1_227_1_1_1_1_1_325", "X_1_1_1_1_1_226_1_1_1_1_1_325", "X_1_1_1_1_1_225_1_1_1_1_1_325", "X_1_1_1_1_1_224_1_1_1_1_1_325", "X_1_1_1_1_1_223_1_1_1_1_1_325", "X_1_1_1_1_1_222_1_1_1_1_1_325", "X_1_1_1_1_1_221_1_1_1_1_1_325", "X_1_1_1_1_1_220_1_1_1_1_1_325", "X_1_1_1_1_1_219_1_1_1_1_1_325", "X_1_1_1_1_1_218_1_1_1_1_1_325", "X_1_1_1_1_1_217_1_1_1_1_1_325", "X_1_1_1_1_1_216_1_1_1_1_1_325", "X_1_1_1_1_1_215_1_1_1_1_1_325", "X_1_1_1_1_1_214_1_1_1_1_1_325", "X_1_1_1_1_1_213_1_1_1_1_1_325", "X_1_1_1_1_1_212_1_1_1_1_1_325", "X_1_1_1_1_1_211_1_1_1_1_1_325", "X_1_1_1_1_1_210_1_1_1_1_1_325", "X_1_1_1_1_1_209_1_1_1_1_1_325", "X_1_1_1_1_1_208_1_1_1_1_1_325", "X_1_1_1_1_1_207_1_1_1_1_1_325", "X_1_1_1_1_1_206_1_1_1_1_1_325", "X_1_1_1_1_1_205_1_1_1_1_1_325", "X_1_1_1_1_1_204_1_1_1_1_1_325", "X_1_1_1_1_1_203_1_1_1_1_1_325", "X_1_1_1_1_1_202_1_1_1_1_1_325", "X_1_1_1_1_1_201_1_1_1_1_1_325", "X_1_1_1_1_1_200_1_1_1_1_1_325", "X_1_1_1_1_1_199_1_1_1_1_1_325", "X_1_1_1_1_1_198_1_1_1_1_1_325", "X_1_1_1_1_1_197_1_1_1_1_1_325", "X_1_1_1_1_1_196_1_1_1_1_1_325", "X_1_1_1_1_1_195_1_1_1_1_1_325", "X_1_1_1_1_1_194_1_1_1_1_1_325", "X_1_1_1_1_1_193_1_1_1_1_1_325", "X_1_1_1_1_1_192_1_1_1_1_1_325", "X_1_1_1_1_1_191_1_1_1_1_1_325", "X_1_1_1_1_1_190_1_1_1_1_1_325", "X_1_1_1_1_1_189_1_1_1_1_1_325", "X_1_1_1_1_1_188_1_1_1_1_1_325", "X_1_1_1_1_1_187_1_1_1_1_1_325", "X_1_1_1_1_1_186_1_1_1_1_1_325", "X_1_1_1_1_1_185_1_1_1_1_1_325", "X_1_1_1_1_1_184_1_1_1_1_1_325", "X_1_1_1_1_1_183_1_1_1_1_1_325", "X_1_1_1_1_1_182_1_1_1_1_1_325", "X_1_1_1_1_1_181_1_1_1_1_1_325", "X_1_1_1_1_1_180_1_1_1_1_1_325", "X_1_1_1_1_1_179_1_1_1_1_1_325", "X_1_1_1_1_1_178_1_1_1_1_1_325", "X_1_1_1_1_1_177_1_1_1_1_1_325", "X_1_1_1_1_1_176_1_1_1_1_1_325", "X_1_1_1_1_1_175_1_1_1_1_1_325", "X_1_1_1_1_1_174_1_1_1_1_1_325", "X_1_1_1_1_1_173_1_1_1_1_1_325", "X_1_1_1_1_1_172_1_1_1_1_1_325", "X_1_1_1_1_1_171_1_1_1_1_1_325", "X_1_1_1_1_1_170_1_1_1_1_1_325", "X_1_1_1_1_1_169_1_1_1_1_1_325", "X_1_1_1_1_1_168_1_1_1_1_1_325", "X_1_1_1_1_1_167_1_1_1_1_1_325", "X_1_1_1_1_1_166_1_1_1_1_1_325", "X_1_1_1_1_1_165_1_1_1_1_1_325", "X_1_1_1_1_1_164_1_1_1_1_1_325", "X_1_1_1_1_1_163_1_1_1_1_1_325", "X_1_1_1_1_1_162_1_1_1_1_1_325", "X_1_1_1_1_1_161_1_1_1_1_1_325", "X_1_1_1_1_1_160_1_1_1_1_1_325", "X_1_1_1_1_1_159_1_1_1_1_1_325", "X_1_1_1_1_1_158_1_1_1_1_1_325", "X_1_1_1_1_1_157_1_1_1_1_1_325", "X_1_1_1_1_1_156_1_1_1_1_1_325", "X_1_1_1_1_1_155_1_1_1_1_1_325", "X_1_1_1_1_1_154_1_1_1_1_1_325", "X_1_1_1_1_1_153_1_1_1_1_1_325", "X_1_1_1_1_1_152_1_1_1_1_1_325", "X_1_1_1_1_1_151_1_1_1_1_1_325", "X_1_1_1_1_1_150_1_1_1_1_1_325", "X_1_1_1_1_1_149_1_1_1_1_1_325", "X_1_1_1_1_1_148_1_1_1_1_1_325", "X_1_1_1_1_1_147_1_1_1_1_1_325", "X_1_1_1_1_1_146_1_1_1_1_1_325", "X_1_1_1_1_1_145_1_1_1_1_1_325", "X_1_1_1_1_1_144_1_1_1_1_1_325", "X_1_1_1_1_1_143_1_1_1_1_1_325", "X_1_1_1_1_1_142_1_1_1_1_1_325", "X_1_1_1_1_1_141_1_1_1_1_1_325", "X_1_1_1_1_1_140_1_1_1_1_1_325", "X_1_1_1_1_1_139_1_1_1_1_1_325", "X_1_1_1_1_1_138_1_1_1_1_1_325", "X_1_1_1_1_1_137_1_1_1_1_1_325", "X_1_1_1_1_1_136_1_1_1_1_1_325", "X_1_1_1_1_1_135_1_1_1_1_1_325", "X_1_1_1_1_1_134_1_1_1_1_1_325", "X_1_1_1_1_1_133_1_1_1_1_1_325", "X_1_1_1_1_1_132_1_1_1_1_1_325", "X_1_1_1_1_1_131_1_1_1_1_1_325", "X_1_1_1_1_1_130_1_1_1_1_1_325", "X_1_1_1_1_1_129_1_1_1_1_1_325", "X_1_1_1_1_1_128_1_1_1_1_1_325", "X_1_1_1_1_1_127_1_1_1_1_1_325", "X_1_1_1_1_1_126_1_1_1_1_1_325", "X_1_1_1_1_1_125_1_1_1_1_1_325", "X_1_1_1_1_1_124_1_1_1_1_1_325", "X_1_1_1_1_1_123_1_1_1_1_1_325", "X_1_1_1_1_1_122_1_1_1_1_1_325", "X_1_1_1_1_1_121_1_1_1_1_1_325", "X_1_1_1_1_1_120_1_1_1_1_1_325", "X_1_1_1_1_1_119_1_1_1_1_1_325", "X_1_1_1_1_1_118_1_1_1_1_1_325", "X_1_1_1_1_1_117_1_1_1_1_1_325", "X_1_1_1_1_1_116_1_1_1_1_1_325", "X_1_1_1_1_1_115_1_1_1_1_1_325", "X_1_1_1_1_1_114_1_1_1_1_1_325", "X_1_1_1_1_1_113_1_1_1_1_1_325", "X_1_1_1_1_1_112_1_1_1_1_1_325", "X_1_1_1_1_1_111_1_1_1_1_1_325", "X_1_1_1_1_1_110_1_1_1_1_1_325", "X_1_1_1_1_1_109_1_1_1_1_1_325", "X_1_1_1_1_1_108_1_1_1_1_1_325", "X_1_1_1_1_1_107_1_1_1_1_1_325", "X_1_1_1_1_1_106_1_1_1_1_1_325", "X_1_1_1_1_1_105_1_1_1_1_1_325", "X_1_1_1_1_1_104_1_1_1_1_1_325", "X_1_1_1_1_1_103_1_1_1_1_1_325", "X_1_1_1_1_1_102_1_1_1_1_1_325", "X_1_1_1_1_1_101_1_1_1_1_1_325", "X_1_1_1_1_1_100_1_1_1_1_1_325", "X_1_1_1_1_1_99_1_1_1_1_1_325", "X_1_1_1_1_1_98_1_1_1_1_1_325", "X_1_1_1_1_1_97_1_1_1_1_1_325", "X_1_1_1_1_1_96_1_1_1_1_1_325", "X_1_1_1_1_1_95_1_1_1_1_1_325", "X_1_1_1_1_1_94_1_1_1_1_1_325", "X_1_1_1_1_1_93_1_1_1_1_1_325", "X_1_1_1_1_1_92_1_1_1_1_1_325", "X_1_1_1_1_1_91_1_1_1_1_1_325", "X_1_1_1_1_1_90_1_1_1_1_1_325", "X_1_1_1_1_1_89_1_1_1_1_1_325", "X_1_1_1_1_1_88_1_1_1_1_1_325", "X_1_1_1_1_1_87_1_1_1_1_1_325", "X_1_1_1_1_1_86_1_1_1_1_1_325", "X_1_1_1_1_1_85_1_1_1_1_1_325", "X_1_1_1_1_1_84_1_1_1_1_1_325", "X_1_1_1_1_1_83_1_1_1_1_1_325", "X_1_1_1_1_1_82_1_1_1_1_1_325", "X_1_1_1_1_1_81_1_1_1_1_1_325", "X_1_1_1_1_1_80_1_1_1_1_1_325", "X_1_1_1_1_1_79_1_1_1_1_1_325", "X_1_1_1_1_1_78_1_1_1_1_1_325", "X_1_1_1_1_1_77_1_1_1_1_1_325", "X_1_1_1_1_1_76_1_1_1_1_1_325", "X_1_1_1_1_1_75_1_1_1_1_1_325", "X_1_1_1_1_1_74_1_1_1_1_1_325", "X_1_1_1_1_1_73_1_1_1_1_1_325", "X_1_1_1_1_1_72_1_1_1_1_1_325", "X_1_1_1_1_1_71_1_1_1_1_1_325", "X_1_1_1_1_1_70_1_1_1_1_1_325", "X_1_1_1_1_1_69_1_1_1_1_1_325", "X_1_1_1_1_1_68_1_1_1_1_1_325", "X_1_1_1_1_1_67_1_1_1_1_1_325", "X_1_1_1_1_1_66_1_1_1_1_1_325", "X_1_1_1_1_1_65_1_1_1_1_1_325", "X_1_1_1_1_1_64_1_1_1_1_1_325", "X_1_1_1_1_1_63_1_1_1_1_1_325", "X_1_1_1_1_1_62_1_1_1_1_1_325", "X_1_1_1_1_1_61_1_1_1_1_1_325", "X_1_1_1_1_1_60_1_1_1_1_1_325", "X_1_1_1_1_1_59_1_1_1_1_1_325", "X_1_1_1_1_1_58_1_1_1_1_1_325", "X_1_1_1_1_1_57_1_1_1_1_1_325", "X_1_1_1_1_1_56_1_1_1_1_1_325", "X_1_1_1_1_1_55_1_1_1_1_1_325", "X_1_1_1_1_1_54_1_1_1_1_1_325", "X_1_1_1_1_1_53_1_1_1_1_1_325", "X_1_1_1_1_1_52_1_1_1_1_1_325", "X_1_1_1_1_1_51_1_1_1_1_1_325", "X_1_1_1_1_1_50_1_1_1_1_1_325", "X_1_1_1_1_1_49_1_1_1_1_1_325", "X_1_1_1_1_1_48_1_1_1_1_1_325", "X_1_1_1_1_1_47_1_1_1_1_1_325", "X_1_1_1_1_1_46_1_1_1_1_1_325", "X_1_1_1_1_1_45_1_1_1_1_1_325", "X_1_1_1_1_1_44_1_1_1_1_1_325", "X_1_1_1_1_1_43_1_1_1_1_1_325", "X_1_1_1_1_1_42_1_1_1_1_1_325", "X_1_1_1_1_1_41_1_1_1_1_1_325", "X_1_1_1_1_1_40_1_1_1_1_1_325", "X_1_1_1_1_1_39_1_1_1_1_1_325", "X_1_1_1_1_1_38_1_1_1_1_1_325", "X_1_1_1_1_1_37_1_1_1_1_1_325", "X_1_1_1_1_1_36_1_1_1_1_1_325", "X_1_1_1_1_1_35_1_1_1_1_1_325", "X_1_1_1_1_1_34_1_1_1_1_1_325", "X_1_1_1_1_1_33_1_1_1_1_1_325", "X_1_1_1_1_1_32_1_1_1_1_1_325", "X_1_1_1_1_1_31_1_1_1_1_1_325", "X_1_1_1_1_1_30_1_1_1_1_1_325", "X_1_1_1_1_1_29_1_1_1_1_1_325", "X_1_1_1_1_1_28_1_1_1_1_1_325", "X_1_1_1_1_1_27_1_1_1_1_1_325", "X_1_1_1_1_1_26_1_1_1_1_1_325", "X_1_1_1_1_1_25_1_1_1_1_1_325", "X_1_1_1_1_1_24_1_1_1_1_1_325", "X_1_1_1_1_1_23_1_1_1_1_1_325", "X_1_1_1_1_1_22_1_1_1_1_1_325", "X_1_1_1_1_1_21_1_1_1_1_1_325", "X_1_1_1_1_1_20_1_1_1_1_1_325", "X_1_1_1_1_1_19_1_1_1_1_1_325", "X_1_1_1_1_1_18_1_1_1_1_1_325", "X_1_1_1_1_1_17_1_1_1_1_1_325", "X_1_1_1_1_1_16_1_1_1_1_1_325", "X_1_1_1_1_1_15_1_1_1_1_1_325", "X_1_1_1_1_1_14_1_1_1_1_1_325", "X_1_1_1_1_1_13_1_1_1_1_1_325", "X_1_1_1_1_1_12_1_1_1_1_1_325", "X_1_1_1_1_1_11_1_1_1_1_1_325", "X_1_1_1_1_1_10_1_1_1_1_1_325", "X_1_1_1_1_1_9_1_1_1_1_1_325", "X_1_1_1_1_1_8_1_1_1_1_1_325", "X_1_1_1_1_1_7_1_1_1_1_1_325", "X_1_1_1_1_1_6_1_1_1_1_1_325", "X_1_1_1_1_1_5_1_1_1_1_1_325", "X_1_1_1_1_1_4_1_1_1_1_1_325", "X_1_1_1_1_1_3_1_1_1_1_1_325", "X_1_1_1_1_1_2_1_1_1_1_1_325", "X_1_1_1_1_1_1_1_1_1_1_1_325"], "CsaImage.SlicePosition_PCS": [[102.00000152, -100.68401933, 110.974576], [101.20000151, -100.68401933, 110.974576], [100.4000015, -100.68401933, 110.974576], [99.60000148, -100.68401933, 110.974576], [98.80000147, -100.68401933, 110.974576], [98.00000146, -100.68401933, 110.974576], [97.20000145, -100.68401933, 110.974576], [96.40000144, -100.68401933, 110.974576], [95.60000142, -100.68401933, 110.974576], [94.80000141, -100.68401933, 110.974576], [94.0000014, -100.68401933, 110.974576], [93.20000139, -100.68401933, 110.974576], [92.40000138, -100.68401933, 110.974576], [91.60000136, -100.68401933, 110.974576], [90.80000135, -100.68401933, 110.974576], [90.00000134, -100.68401933, 110.974576], [89.20000133, -100.68401933, 110.974576], [88.40000132, -100.68401933, 110.974576], [87.60000131, -100.68401933, 110.974576], [86.80000129, -100.68401933, 110.974576], [86.00000128, -100.68401933, 110.974576], [85.20000127, -100.68401933, 110.974576], [84.40000126, -100.68401933, 110.974576], [83.60000125, -100.68401933, 110.974576], [82.80000123, -100.68401933, 110.974576], [82.00000122, -100.68401933, 110.974576], [81.20000121, -100.68401933, 110.974576], [80.4000012, -100.68401933, 110.974576], [79.60000119, -100.68401933, 110.974576], [78.80000117, -100.68401933, 110.974576], [78.00000116, -100.68401933, 110.974576], [77.20000115, -100.68401933, 110.974576], [76.40000114, -100.68401933, 110.974576], [75.60000113, -100.68401933, 110.974576], [74.80000111, -100.68401933, 110.974576], [74.0000011, -100.68401933, 110.974576], [73.20000109, -100.68401933, 110.974576], [72.40000108, -100.68401933, 110.974576], [71.60000107, -100.68401933, 110.974576], [70.80000106, -100.68401933, 110.974576], [70.00000104, -100.68401933, 110.974576], [69.20000103, -100.68401933, 110.974576], [68.40000102, -100.68401933, 110.974576], [67.60000101, -100.68401933, 110.974576], [66.800001, -100.68401933, 110.974576], [66.00000098, -100.68401933, 110.974576], [65.20000097, -100.68401933, 110.974576], [64.40000096, -100.68401933, 110.974576], [63.60000095, -100.68401933, 110.974576], [62.80000094, -100.68401933, 110.974576], [62.00000092, -100.68401933, 110.974576], [61.20000091, -100.68401933, 110.974576], [60.4000009, -100.68401933, 110.974576], [59.60000089, -100.68401933, 110.974576], [58.80000088, -100.68401933, 110.974576], [58.00000086, -100.68401933, 110.974576], [57.20000085, -100.68401933, 110.974576], [56.40000084, -100.68401933, 110.974576], [55.60000083, -100.68401933, 110.974576], [54.80000082, -100.68401933, 110.974576], [54.0000008, -100.68401933, 110.974576], [53.20000079, -100.68401933, 110.974576], [52.40000078, -100.68401933, 110.974576], [51.60000077, -100.68401933, 110.974576], [50.80000076, -100.68401933, 110.974576], [50.00000075, -100.68401933, 110.974576], [49.20000073, -100.68401933, 110.974576], [48.40000072, -100.68401933, 110.974576], [47.60000071, -100.68401933, 110.974576], [46.8000007, -100.68401933, 110.974576], [46.00000069, -100.68401933, 110.974576], [45.20000067, -100.68401933, 110.974576], [44.40000066, -100.68401933, 110.974576], [43.60000065, -100.68401933, 110.974576], [42.80000064, -100.68401933, 110.974576], [42.00000063, -100.68401933, 110.974576], [41.20000061, -100.68401933, 110.974576], [40.4000006, -100.68401933, 110.974576], [39.60000059, -100.68401933, 110.974576], [38.80000058, -100.68401933, 110.974576], [38.00000057, -100.68401933, 110.974576], [37.20000055, -100.68401933, 110.974576], [36.40000054, -100.68401933, 110.974576], [35.60000053, -100.68401933, 110.974576], [34.80000052, -100.68401933, 110.974576], [34.00000051, -100.68401933, 110.974576], [33.20000049, -100.68401933, 110.974576], [32.40000048, -100.68401933, 110.974576], [31.60000047, -100.68401933, 110.974576], [30.80000046, -100.68401933, 110.974576], [30.00000045, -100.68401933, 110.974576], [29.20000044, -100.68401933, 110.974576], [28.40000042, -100.68401933, 110.974576], [27.60000041, -100.68401933, 110.974576], [26.8000004, -100.68401933, 110.974576], [26.00000039, -100.68401933, 110.974576], [25.20000038, -100.68401933, 110.974576], [24.40000036, -100.68401933, 110.974576], [23.60000035, -100.68401933, 110.974576], [22.80000034, -100.68401933, 110.974576], [22.00000033, -100.68401933, 110.974576], [21.20000032, -100.68401933, 110.974576], [20.4000003, -100.68401933, 110.974576], [19.60000029, -100.68401933, 110.974576], [18.80000028, -100.68401933, 110.974576], [18.00000027, -100.68401933, 110.974576], [17.20000026, -100.68401933, 110.974576], [16.40000024, -100.68401933, 110.974576], [15.60000023, -100.68401933, 110.974576], [14.80000022, -100.68401933, 110.974576], [14.00000021, -100.68401933, 110.974576], [13.2000002, -100.68401933, 110.974576], [12.40000018, -100.68401933, 110.974576], [11.60000017, -100.68401933, 110.974576], [10.80000016, -100.68401933, 110.974576], [10.00000015, -100.68401933, 110.974576], [9.20000014, -100.68401933, 110.974576], [8.40000013, -100.68401933, 110.974576], [7.60000011, -100.68401933, 110.974576], [6.8000001, -100.68401933, 110.974576], [6.00000009, -100.68401933, 110.974576], [5.20000008, -100.68401933, 110.974576], [4.40000007, -100.68401933, 110.974576], [3.60000005, -100.68401933, 110.974576], [2.80000004, -100.68401933, 110.974576], [2.00000003, -100.68401933, 110.974576], [1.20000002, -100.68401933, 110.974576], [0.40000001, -100.68401933, 110.974576], [-0.40000001, -100.68401933, 110.974576], [-1.20000002, -100.68401933, 110.974576], [-2.00000003, -100.68401933, 110.974576], [-2.80000004, -100.68401933, 110.974576], [-3.60000005, -100.68401933, 110.974576], [-4.40000007, -100.68401933, 110.974576], [-5.20000008, -100.68401933, 110.974576], [-6.00000009, -100.68401933, 110.974576], [-6.8000001, -100.68401933, 110.974576], [-7.60000011, -100.68401933, 110.974576], [-8.40000013, -100.68401933, 110.974576], [-9.20000014, -100.68401933, 110.974576], [-10.00000015, -100.68401933, 110.974576], [-10.80000016, -100.68401933, 110.974576], [-11.60000017, -100.68401933, 110.974576], [-12.40000018, -100.68401933, 110.974576], [-13.2000002, -100.68401933, 110.974576], [-14.00000021, -100.68401933, 110.974576], [-14.80000022, -100.68401933, 110.974576], [-15.60000023, -100.68401933, 110.974576], [-16.40000024, -100.68401933, 110.974576], [-17.20000026, -100.68401933, 110.974576], [-18.00000027, -100.68401933, 110.974576], [-18.80000028, -100.68401933, 110.974576], [-19.60000029, -100.68401933, 110.974576], [-20.4000003, -100.68401933, 110.974576], [-21.20000032, -100.68401933, 110.974576], [-22.00000033, -100.68401933, 110.974576], [-22.80000034, -100.68401933, 110.974576], [-23.60000035, -100.68401933, 110.974576], [-24.40000036, -100.68401933, 110.974576], [-25.20000038, -100.68401933, 110.974576], [-26.00000039, -100.68401933, 110.974576], [-26.8000004, -100.68401933, 110.974576], [-27.60000041, -100.68401933, 110.974576], [-28.40000042, -100.68401933, 110.974576], [-29.20000044, -100.68401933, 110.974576], [-30.00000045, -100.68401933, 110.974576], [-30.80000046, -100.68401933, 110.974576], [-31.60000047, -100.68401933, 110.974576], [-32.40000048, -100.68401933, 110.974576], [-33.20000049, -100.68401933, 110.974576], [-34.00000051, -100.68401933, 110.974576], [-34.80000052, -100.68401933, 110.974576], [-35.60000053, -100.68401933, 110.974576], [-36.40000054, -100.68401933, 110.974576], [-37.20000055, -100.68401933, 110.974576], [-38.00000057, -100.68401933, 110.974576], [-38.80000058, -100.68401933, 110.974576], [-39.60000059, -100.68401933, 110.974576], [-40.4000006, -100.68401933, 110.974576], [-41.20000061, -100.68401933, 110.974576], [-42.00000063, -100.68401933, 110.974576], [-42.80000064, -100.68401933, 110.974576], [-43.60000065, -100.68401933, 110.974576], [-44.40000066, -100.68401933, 110.974576], [-45.20000067, -100.68401933, 110.974576], [-46.00000069, -100.68401933, 110.974576], [-46.8000007, -100.68401933, 110.974576], [-47.60000071, -100.68401933, 110.974576], [-48.40000072, -100.68401933, 110.974576], [-49.20000073, -100.68401933, 110.974576], [-50.00000075, -100.68401933, 110.974576], [-50.80000076, -100.68401933, 110.974576], [-51.60000077, -100.68401933, 110.974576], [-52.40000078, -100.68401933, 110.974576], [-53.20000079, -100.68401933, 110.974576], [-54.0000008, -100.68401933, 110.974576], [-54.80000082, -100.68401933, 110.974576], [-55.60000083, -100.68401933, 110.974576], [-56.40000084, -100.68401933, 110.974576], [-57.20000085, -100.68401933, 110.974576], [-58.00000086, -100.68401933, 110.974576], [-58.80000088, -100.68401933, 110.974576], [-59.60000089, -100.68401933, 110.974576], [-60.4000009, -100.68401933, 110.974576], [-61.20000091, -100.68401933, 110.974576], [-62.00000092, -100.68401933, 110.974576], [-62.80000094, -100.68401933, 110.974576], [-63.60000095, -100.68401933, 110.974576], [-64.40000096, -100.68401933, 110.974576], [-65.20000097, -100.68401933, 110.974576], [-66.00000098, -100.68401933, 110.974576], [-66.800001, -100.68401933, 110.974576], [-67.60000101, -100.68401933, 110.974576], [-68.40000102, -100.68401933, 110.974576], [-69.20000103, -100.68401933, 110.974576], [-70.00000104, -100.68401933, 110.974576], [-70.80000106, -100.68401933, 110.974576], [-71.60000107, -100.68401933, 110.974576], [-72.40000108, -100.68401933, 110.974576], [-73.20000109, -100.68401933, 110.974576], [-74.0000011, -100.68401933, 110.974576], [-74.80000111, -100.68401933, 110.974576], [-75.60000113, -100.68401933, 110.974576], [-76.40000114, -100.68401933, 110.974576], [-77.20000115, -100.68401933, 110.974576], [-78.00000116, -100.68401933, 110.974576], [-78.80000117, -100.68401933, 110.974576], [-79.60000119, -100.68401933, 110.974576], [-80.4000012, -100.68401933, 110.974576], [-81.20000121, -100.68401933, 110.974576], [-82.00000122, -100.68401933, 110.974576], [-82.80000123, -100.68401933, 110.974576], [-83.60000125, -100.68401933, 110.974576], [-84.40000126, -100.68401933, 110.974576], [-85.20000127, -100.68401933, 110.974576], [-86.00000128, -100.68401933, 110.974576], [-86.80000129, -100.68401933, 110.974576], [-87.60000131, -100.68401933, 110.974576], [-88.40000132, -100.68401933, 110.974576], [-89.20000133, -100.68401933, 110.974576], [-90.00000134, -100.68401933, 110.974576], [-90.80000135, -100.68401933, 110.974576], [-91.60000136, -100.68401933, 110.974576], [-92.40000138, -100.68401933, 110.974576], [-93.20000139, -100.68401933, 110.974576], [-94.0000014, -100.68401933, 110.974576], [-94.80000141, -100.68401933, 110.974576], [-95.60000142, -100.68401933, 110.974576], [-96.40000144, -100.68401933, 110.974576], [-97.20000145, -100.68401933, 110.974576], [-98.00000146, -100.68401933, 110.974576], [-98.80000147, -100.68401933, 110.974576], [-99.60000148, -100.68401933, 110.974576], [-100.4000015, -100.68401933, 110.974576], [-101.20000151, -100.68401933, 110.974576], [-102.00000152, -100.68401933, 110.974576]], "ImagePositionPatient": [[102.00000151992, -100.68401932716, 110.9745759964], [101.200001508, -100.68401932716, 110.9745759964], [100.40000149608, -100.68401932716, 110.9745759964], [99.600001484156, -100.68401932716, 110.9745759964], [98.800001472235, -100.68401932716, 110.9745759964], [98.000001460314, -100.68401932716, 110.9745759964], [97.200001448393, -100.68401932716, 110.9745759964], [96.400001436472, -100.68401932716, 110.9745759964], [95.600001424551, -100.68401932716, 110.9745759964], [94.80000141263, -100.68401932716, 110.9745759964], [94.000001400709, -100.68401932716, 110.9745759964], [93.200001388788, -100.68401932716, 110.9745759964], [92.400001376867, -100.68401932716, 110.9745759964], [91.600001364946, -100.68401932716, 110.9745759964], [90.800001353025, -100.68401932716, 110.9745759964], [90.000001341105, -100.68401932716, 110.9745759964], [89.200001329184, -100.68401932716, 110.9745759964], [88.400001317263, -100.68401932716, 110.9745759964], [87.600001305342, -100.68401932716, 110.9745759964], [86.800001293421, -100.68401932716, 110.9745759964], [86.0000012815, -100.68401932716, 110.9745759964], [85.200001269579, -100.68401932716, 110.9745759964], [84.400001257658, -100.68401932716, 110.9745759964], [83.600001245737, -100.68401932716, 110.9745759964], [82.800001233816, -100.68401932716, 110.9745759964], [82.000001221895, -100.68401932716, 110.9745759964], [81.200001209974, -100.68401932716, 110.9745759964], [80.400001198053, -100.68401932716, 110.9745759964], [79.600001186132, -100.68401932716, 110.9745759964], [78.800001174212, -100.68401932716, 110.9745759964], [78.000001162291, -100.68401932716, 110.9745759964], [77.20000115037, -100.68401932716, 110.9745759964], [76.400001138449, -100.68401932716, 110.9745759964], [75.600001126528, -100.68401932716, 110.9745759964], [74.800001114607, -100.68401932716, 110.9745759964], [74.000001102686, -100.68401932716, 110.9745759964], [73.200001090765, -100.68401932716, 110.9745759964], [72.400001078844, -100.68401932716, 110.9745759964], [71.600001066923, -100.68401932716, 110.9745759964], [70.800001055002, -100.68401932716, 110.9745759964], [70.000001043081, -100.68401932716, 110.9745759964], [69.20000103116, -100.68401932716, 110.9745759964], [68.400001019239, -100.68401932716, 110.9745759964], [67.600001007318, -100.68401932716, 110.9745759964], [66.800000995398, -100.68401932716, 110.9745759964], [66.000000983477, -100.68401932716, 110.9745759964], [65.200000971556, -100.68401932716, 110.9745759964], [64.400000959635, -100.68401932716, 110.9745759964], [63.600000947714, -100.68401932716, 110.9745759964], [62.800000935793, -100.68401932716, 110.9745759964], [62.000000923872, -100.68401932716, 110.9745759964], [61.200000911951, -100.68401932716, 110.9745759964], [60.40000090003, -100.68401932716, 110.9745759964], [59.600000888109, -100.68401932716, 110.9745759964], [58.800000876188, -100.68401932716, 110.9745759964], [58.000000864267, -100.68401932716, 110.9745759964], [57.200000852346, -100.68401932716, 110.9745759964], [56.400000840425, -100.68401932716, 110.9745759964], [55.600000828505, -100.68401932716, 110.9745759964], [54.800000816584, -100.68401932716, 110.9745759964], [54.000000804663, -100.68401932716, 110.9745759964], [53.200000792742, -100.68401932716, 110.9745759964], [52.400000780821, -100.68401932716, 110.9745759964], [51.6000007689, -100.68401932716, 110.9745759964], [50.800000756979, -100.68401932716, 110.9745759964], [50.000000745058, -100.68401932716, 110.9745759964], [49.200000733137, -100.68401932716, 110.9745759964], [48.400000721216, -100.68401932716, 110.9745759964], [47.600000709295, -100.68401932716, 110.9745759964], [46.800000697374, -100.68401932716, 110.9745759964], [46.000000685453, -100.68401932716, 110.9745759964], [45.200000673532, -100.68401932716, 110.9745759964], [44.400000661612, -100.68401932716, 110.9745759964], [43.600000649691, -100.68401932716, 110.9745759964], [42.80000063777, -100.68401932716, 110.9745759964], [42.000000625849, -100.68401932716, 110.9745759964], [41.200000613928, -100.68401932716, 110.9745759964], [40.400000602007, -100.68401932716, 110.9745759964], [39.600000590086, -100.68401932716, 110.9745759964], [38.800000578165, -100.68401932716, 110.9745759964], [38.000000566244, -100.68401932716, 110.9745759964], [37.200000554323, -100.68401932716, 110.9745759964], [36.400000542402, -100.68401932716, 110.9745759964], [35.600000530481, -100.68401932716, 110.9745759964], [34.80000051856, -100.68401932716, 110.9745759964], [34.000000506639, -100.68401932716, 110.9745759964], [33.200000494719, -100.68401932716, 110.9745759964], [32.400000482798, -100.68401932716, 110.9745759964], [31.600000470877, -100.68401932716, 110.9745759964], [30.800000458956, -100.68401932716, 110.9745759964], [30.000000447035, -100.68401932716, 110.9745759964], [29.200000435114, -100.68401932716, 110.9745759964], [28.400000423193, -100.68401932716, 110.9745759964], [27.600000411272, -100.68401932716, 110.9745759964], [26.800000399351, -100.68401932716, 110.9745759964], [26.00000038743, -100.68401932716, 110.9745759964], [25.200000375509, -100.68401932716, 110.9745759964], [24.400000363588, -100.68401932716, 110.9745759964], [23.600000351667, -100.68401932716, 110.9745759964], [22.800000339746, -100.68401932716, 110.9745759964], [22.000000327826, -100.68401932716, 110.9745759964], [21.200000315905, -100.68401932716, 110.9745759964], [20.400000303984, -100.68401932716, 110.9745759964], [19.600000292063, -100.68401932716, 110.9745759964], [18.800000280142, -100.68401932716, 110.9745759964], [18.000000268221, -100.68401932716, 110.9745759964], [17.2000002563, -100.68401932716, 110.9745759964], [16.400000244379, -100.68401932716, 110.9745759964], [15.600000232458, -100.68401932716, 110.9745759964], [14.800000220537, -100.68401932716, 110.9745759964], [14.000000208616, -100.68401932716, 110.9745759964], [13.200000196695, -100.68401932716, 110.9745759964], [12.400000184774, -100.68401932716, 110.9745759964], [11.600000172853, -100.68401932716, 110.9745759964], [10.800000160933, -100.68401932716, 110.9745759964], [10.000000149012, -100.68401932716, 110.9745759964], [9.2000001370907, -100.68401932716, 110.9745759964], [8.4000001251698, -100.68401932716, 110.9745759964], [7.6000001132488, -100.68401932716, 110.9745759964], [6.8000001013279, -100.68401932716, 110.9745759964], [6.000000089407, -100.68401932716, 110.9745759964], [5.200000077486, -100.68401932716, 110.9745759964], [4.4000000655651, -100.68401932716, 110.9745759964], [3.6000000536442, -100.68401932716, 110.9745759964], [2.8000000417233, -100.68401932716, 110.9745759964], [2.0000000298023, -100.68401932716, 110.9745759964], [1.2000000178814, -100.68401932716, 110.9745759964], [0.40000000596046, -100.68401932716, 110.9745759964], [-0.4000000059605, -100.68401932716, 110.9745759964], [-1.2000000178814, -100.68401932716, 110.9745759964], [-2.0000000298023, -100.68401932716, 110.9745759964], [-2.8000000417233, -100.68401932716, 110.9745759964], [-3.6000000536442, -100.68401932716, 110.9745759964], [-4.4000000655651, -100.68401932716, 110.9745759964], [-5.200000077486, -100.68401932716, 110.9745759964], [-6.000000089407, -100.68401932716, 110.9745759964], [-6.8000001013279, -100.68401932716, 110.9745759964], [-7.6000001132488, -100.68401932716, 110.9745759964], [-8.4000001251698, -100.68401932716, 110.9745759964], [-9.2000001370907, -100.68401932716, 110.9745759964], [-10.000000149012, -100.68401932716, 110.9745759964], [-10.800000160933, -100.68401932716, 110.9745759964], [-11.600000172853, -100.68401932716, 110.9745759964], [-12.400000184774, -100.68401932716, 110.9745759964], [-13.200000196695, -100.68401932716, 110.9745759964], [-14.000000208616, -100.68401932716, 110.9745759964], [-14.800000220537, -100.68401932716, 110.9745759964], [-15.600000232458, -100.68401932716, 110.9745759964], [-16.400000244379, -100.68401932716, 110.9745759964], [-17.2000002563, -100.68401932716, 110.9745759964], [-18.000000268221, -100.68401932716, 110.9745759964], [-18.800000280142, -100.68401932716, 110.9745759964], [-19.600000292063, -100.68401932716, 110.9745759964], [-20.400000303984, -100.68401932716, 110.9745759964], [-21.200000315905, -100.68401932716, 110.9745759964], [-22.000000327826, -100.68401932716, 110.9745759964], [-22.800000339746, -100.68401932716, 110.9745759964], [-23.600000351667, -100.68401932716, 110.9745759964], [-24.400000363588, -100.68401932716, 110.9745759964], [-25.200000375509, -100.68401932716, 110.9745759964], [-26.00000038743, -100.68401932716, 110.9745759964], [-26.800000399351, -100.68401932716, 110.9745759964], [-27.600000411272, -100.68401932716, 110.9745759964], [-28.400000423193, -100.68401932716, 110.9745759964], [-29.200000435114, -100.68401932716, 110.9745759964], [-30.000000447035, -100.68401932716, 110.9745759964], [-30.800000458956, -100.68401932716, 110.9745759964], [-31.600000470877, -100.68401932716, 110.9745759964], [-32.400000482798, -100.68401932716, 110.9745759964], [-33.200000494719, -100.68401932716, 110.9745759964], [-34.000000506639, -100.68401932716, 110.9745759964], [-34.80000051856, -100.68401932716, 110.9745759964], [-35.600000530481, -100.68401932716, 110.9745759964], [-36.400000542402, -100.68401932716, 110.9745759964], [-37.200000554323, -100.68401932716, 110.9745759964], [-38.000000566244, -100.68401932716, 110.9745759964], [-38.800000578165, -100.68401932716, 110.9745759964], [-39.600000590086, -100.68401932716, 110.9745759964], [-40.400000602007, -100.68401932716, 110.9745759964], [-41.200000613928, -100.68401932716, 110.9745759964], [-42.000000625849, -100.68401932716, 110.9745759964], [-42.80000063777, -100.68401932716, 110.9745759964], [-43.600000649691, -100.68401932716, 110.9745759964], [-44.400000661612, -100.68401932716, 110.9745759964], [-45.200000673532, -100.68401932716, 110.9745759964], [-46.000000685453, -100.68401932716, 110.9745759964], [-46.800000697374, -100.68401932716, 110.9745759964], [-47.600000709295, -100.68401932716, 110.9745759964], [-48.400000721216, -100.68401932716, 110.9745759964], [-49.200000733137, -100.68401932716, 110.9745759964], [-50.000000745058, -100.68401932716, 110.9745759964], [-50.800000756979, -100.68401932716, 110.9745759964], [-51.6000007689, -100.68401932716, 110.9745759964], [-52.400000780821, -100.68401932716, 110.9745759964], [-53.200000792742, -100.68401932716, 110.9745759964], [-54.000000804663, -100.68401932716, 110.9745759964], [-54.800000816584, -100.68401932716, 110.9745759964], [-55.600000828505, -100.68401932716, 110.9745759964], [-56.400000840425, -100.68401932716, 110.9745759964], [-57.200000852346, -100.68401932716, 110.9745759964], [-58.000000864267, -100.68401932716, 110.9745759964], [-58.800000876188, -100.68401932716, 110.9745759964], [-59.600000888109, -100.68401932716, 110.9745759964], [-60.40000090003, -100.68401932716, 110.9745759964], [-61.200000911951, -100.68401932716, 110.9745759964], [-62.000000923872, -100.68401932716, 110.9745759964], [-62.800000935793, -100.68401932716, 110.9745759964], [-63.600000947714, -100.68401932716, 110.9745759964], [-64.400000959635, -100.68401932716, 110.9745759964], [-65.200000971556, -100.68401932716, 110.9745759964], [-66.000000983477, -100.68401932716, 110.9745759964], [-66.800000995398, -100.68401932716, 110.9745759964], [-67.600001007318, -100.68401932716, 110.9745759964], [-68.400001019239, -100.68401932716, 110.9745759964], [-69.20000103116, -100.68401932716, 110.9745759964], [-70.000001043081, -100.68401932716, 110.9745759964], [-70.800001055002, -100.68401932716, 110.9745759964], [-71.600001066923, -100.68401932716, 110.9745759964], [-72.400001078844, -100.68401932716, 110.9745759964], [-73.200001090765, -100.68401932716, 110.9745759964], [-74.000001102686, -100.68401932716, 110.9745759964], [-74.800001114607, -100.68401932716, 110.9745759964], [-75.600001126528, -100.68401932716, 110.9745759964], [-76.400001138449, -100.68401932716, 110.9745759964], [-77.20000115037, -100.68401932716, 110.9745759964], [-78.000001162291, -100.68401932716, 110.9745759964], [-78.800001174212, -100.68401932716, 110.9745759964], [-79.600001186132, -100.68401932716, 110.9745759964], [-80.400001198053, -100.68401932716, 110.9745759964], [-81.200001209974, -100.68401932716, 110.9745759964], [-82.000001221895, -100.68401932716, 110.9745759964], [-82.800001233816, -100.68401932716, 110.9745759964], [-83.600001245737, -100.68401932716, 110.9745759964], [-84.400001257658, -100.68401932716, 110.9745759964], [-85.200001269579, -100.68401932716, 110.9745759964], [-86.0000012815, -100.68401932716, 110.9745759964], [-86.800001293421, -100.68401932716, 110.9745759964], [-87.600001305342, -100.68401932716, 110.9745759964], [-88.400001317263, -100.68401932716, 110.9745759964], [-89.200001329184, -100.68401932716, 110.9745759964], [-90.000001341105, -100.68401932716, 110.9745759964], [-90.800001353025, -100.68401932716, 110.9745759964], [-91.600001364946, -100.68401932716, 110.9745759964], [-92.400001376867, -100.68401932716, 110.9745759964], [-93.200001388788, -100.68401932716, 110.9745759964], [-94.000001400709, -100.68401932716, 110.9745759964], [-94.80000141263, -100.68401932716, 110.9745759964], [-95.600001424551, -100.68401932716, 110.9745759964], [-96.400001436472, -100.68401932716, 110.9745759964], [-97.200001448393, -100.68401932716, 110.9745759964], [-98.000001460314, -100.68401932716, 110.9745759964], [-98.800001472235, -100.68401932716, 110.9745759964], [-99.600001484156, -100.68401932716, 110.9745759964], [-100.40000149608, -100.68401932716, 110.9745759964], [-101.200001508, -100.68401932716, 110.9745759964], [-102.00000151992, -100.68401932716, 110.9745759964]], "InstanceCreationTime": ["164033.890000", "164033.890000", "164033.890000", "164033.890000", "164033.890000", "164033.828000", "164033.828000", "164033.828000", "164033.828000", "164033.828000", "164033.828000", "164033.828000", "164033.812000", "164033.812000", "164033.812000", "164033.812000", "164033.796000", "164033.796000", "164033.796000", "164033.796000", "164033.796000", "164033.796000", "164033.796000", "164033.796000", "164033.781000", "164033.781000", "164033.781000", "164033.781000", "164033.781000", "164033.781000", "164033.765000", "164033.765000", "164033.765000", "164033.765000", "164033.765000", "164033.750000", "164033.750000", "164033.750000", "164033.750000", "164033.750000", "164033.750000", "164033.734000", "164033.734000", "164033.734000", "164033.734000", "164033.734000", "164033.734000", "164033.734000", "164033.734000", "164033.718000", "164033.718000", "164033.718000", "164033.718000", "164033.718000", "164033.718000", "164033.703000", "164032.687000", "164032.687000", "164032.687000", "164032.687000", "164032.687000", "164032.687000", "164032.671000", "164032.671000", "164032.671000", "164032.656000", "164032.656000", "164032.656000", "164032.656000", "164032.656000", "164032.656000", "164032.656000", "164032.640000", "164032.640000", "164032.640000", "164032.640000", "164032.640000", "164032.625000", "164032.625000", "164032.625000", "164032.625000", "164032.625000", "164032.625000", "164032.625000", "164032.625000", "164032.609000", "164032.609000", "164032.609000", "164032.609000", "164032.609000", "164032.609000", "164032.609000", "164032.609000", "164032.593000", "164032.593000", "164032.593000", "164032.593000", "164032.593000", "164032.593000", "164032.593000", "164032.593000", "164032.578000", "164032.578000", "164032.578000", "164032.578000", "164032.578000", "164032.578000", "164032.578000", "164032.578000", "164032.562000", "164032.562000", "164032.562000", "164032.562000", "164032.562000", "164032.562000", "164032.562000", "164032.546000", "164032.546000", "164032.546000", "164032.546000", "164032.546000", "164032.546000", "164032.546000", "164032.546000", "164032.531000", "164032.531000", "164032.531000", "164032.531000", "164032.531000", "164032.531000", "164032.531000", "164032.531000", "164032.515000", "164032.515000", "164032.515000", "164032.515000", "164032.515000", "164032.515000", "164032.500000", "164032.500000", "164032.500000", "164032.500000", "164032.484000", "164032.484000", "164032.484000", "164032.468000", "164032.468000", "164032.453000", "164032.453000", "164032.453000", "164032.453000", "164032.437000", "164032.437000", "164032.437000", "164032.437000", "164032.437000", "164032.437000", "164032.437000", "164032.437000", "164032.421000", "164032.421000", "164032.421000", "164032.421000", "164032.421000", "164032.421000", "164032.421000", "164032.421000", "164032.406000", "164032.406000", "164032.406000", "164032.406000", "164032.406000", "164032.390000", "164032.390000", "164032.390000", "164032.390000", "164032.390000", "164032.390000", "164032.390000", "164032.375000", "164032.375000", "164032.375000", "164032.375000", "164032.375000", "164032.375000", "164032.359000", "164032.359000", "164032.359000", "164032.359000", "164032.359000", "164032.343000", "164032.343000", "164032.343000", "164032.343000", "164032.343000", "164032.343000", "164032.343000", "164032.343000", "164032.343000", "164032.328000", "164032.328000", "164032.328000", "164032.328000", "164032.328000", "164032.328000", "164032.328000", "164032.328000", "164032.312000", "164032.312000", "164032.312000", "164032.312000", "164032.312000", "164032.312000", "164032.312000", "164032.296000", "164032.296000", "164032.296000", "164032.296000", "164032.296000", "164032.296000", "164032.296000", "164032.296000", "164032.281000", "164032.281000", "164032.281000", "164032.281000", "164032.281000", "164032.281000", "164032.281000", "164032.265000", "164032.265000", "164032.265000", "164032.265000", "164032.265000", "164032.265000", "164032.265000", "164032.265000", "164032.265000", "164032.250000", "164032.250000", "164032.250000", "164032.250000", "164032.250000", "164032.250000", "164032.250000", "164032.250000", "164032.234000", "164032.234000", "164032.234000", "164032.234000", "164032.234000", "164032.234000", "164032.218000", "164032.218000", "164032.218000", "164032.218000"], "InstanceNumber": [256, 255, 254, 253, 252, 251, 250, 249, 248, 247, 246, 245, 244, 243, 242, 241, 240, 239, 238, 237, 236, 235, 234, 233, 232, 231, 230, 229, 228, 227, 226, 225, 224, 223, 222, 221, 220, 219, 218, 217, 216, 215, 214, 213, 212, 211, 210, 209, 208, 207, 206, 205, 204, 203, 202, 201, 200, 199, 198, 197, 196, 195, 194, 193, 192, 191, 190, 189, 188, 187, 186, 185, 184, 183, 182, 181, 180, 179, 178, 177, 176, 175, 174, 173, 172, 171, 170, 169, 168, 167, 166, 165, 164, 163, 162, 161, 160, 159, 158, 157, 156, 155, 154, 153, 152, 151, 150, 149, 148, 147, 146, 145, 144, 143, 142, 141, 140, 139, 138, 137, 136, 135, 134, 133, 132, 131, 130, 129, 128, 127, 126, 125, 124, 123, 122, 121, 120, 119, 118, 117, 116, 115, 114, 113, 112, 111, 110, 109, 108, 107, 106, 105, 104, 103, 102, 101, 100, 99, 98, 97, 96, 95, 94, 93, 92, 91, 90, 89, 88, 87, 86, 85, 84, 83, 82, 81, 80, 79, 78, 77, 76, 75, 74, 73, 72, 71, 70, 69, 68, 67, 66, 65, 64, 63, 62, 61, 60, 59, 58, 57, 56, 55, 54, 53, 52, 51, 50, 49, 48, 47, 46, 45, 44, 43, 42, 41, 40, 39, 38, 37, 36, 35, 34, 33, 32, 31, 30, 29, 28, 27, 26, 25, 24, 23, 22, 21, 20, 19, 18, 17, 16, 15, 14, 13, 12, 11, 10, 9, 8, 7, 6, 5, 4, 3, 2, 1], "LargestImagePixelValue": [102, 117, 108, 130, 133, 152, 114, 134, 128, 287, 281, 361, 428, 528, 769, 529, 537, 450, 550, 718, 860, 903, 1246, 1816, 1682, 1751, 1927, 2290, 2073, 2272, 2311, 2496, 2190, 1613, 1700, 1657, 1448, 1607, 1746, 1654, 1731, 1776, 2074, 1972, 1922, 1939, 1473, 1486, 1330, 1414, 1431, 1373, 1497, 1336, 1252, 1253, 1449, 1387, 1377, 1496, 1632, 1612, 1416, 1483, 1375, 1592, 1604, 1652, 1673, 1875, 1922, 2072, 2689, 3089, 2905, 2907, 2821, 3086, 3130, 3106, 3200, 3045, 3003, 2884, 3037, 3135, 3097, 3187, 3347, 3632, 3443, 3282, 3228, 3175, 3317, 3348, 3219, 3216, 2984, 2909, 2855, 2730, 2454, 2792, 2901, 3123, 3026, 2751, 2854, 2720, 3573, 4095, 4095, 3582, 2527, 2109, 2126, 2040, 2063, 2300, 2393, 2261, 2255, 2231, 2109, 1585, 1659, 1761, 1957, 1924, 1979, 2295, 2006, 1934, 2081, 2196, 1716, 1630, 1639, 1710, 1740, 1877, 1869, 1686, 1605, 2122, 2111, 2214, 2098, 2010, 2105, 2026, 2087, 2879, 2954, 2699, 2592, 2577, 2566, 2590, 2821, 2440, 2895, 2807, 2866, 2707, 3066, 3221, 3196, 3286, 3231, 3071, 3110, 3165, 3045, 2958, 3056, 2892, 2902, 2799, 2750, 2806, 2769, 2815, 2688, 2697, 2733, 2894, 2847, 2424, 2331, 2462, 2297, 2278, 2023, 1997, 1863, 1823, 1960, 1643, 1807, 1713, 1617, 1615, 1451, 1717, 1358, 1361, 1493, 1829, 1869, 1843, 1772, 1680, 1741, 1943, 2014, 1813, 1774, 1726, 1930, 2167, 1998, 2099, 1972, 1952, 1936, 1859, 2009, 2147, 2292, 2441, 2114, 1627, 1585, 1535, 976, 458, 344, 437, 423, 449, 526, 685, 469, 512, 511, 596, 547, 360, 312, 263, 271, 249, 229, 129], "SliceLocation": [102.00000151992, 101.200001508, 100.40000149608, 99.600001484156, 98.800001472235, 98.000001460314, 97.200001448393, 96.400001436472, 95.600001424551, 94.80000141263, 94.000001400709, 93.200001388788, 92.400001376867, 91.600001364946, 90.800001353025, 90.000001341105, 89.200001329184, 88.400001317263, 87.600001305342, 86.800001293421, 86.0000012815, 85.200001269579, 84.400001257658, 83.600001245737, 82.800001233816, 82.000001221895, 81.200001209974, 80.400001198053, 79.600001186132, 78.800001174212, 78.000001162291, 77.20000115037, 76.400001138449, 75.600001126528, 74.800001114607, 74.000001102686, 73.200001090765, 72.400001078844, 71.600001066923, 70.800001055002, 70.000001043081, 69.20000103116, 68.400001019239, 67.600001007318, 66.800000995398, 66.000000983477, 65.200000971556, 64.400000959635, 63.600000947714, 62.800000935793, 62.000000923872, 61.200000911951, 60.40000090003, 59.600000888109, 58.800000876188, 58.000000864267, 57.200000852346, 56.400000840425, 55.600000828505, 54.800000816584, 54.000000804663, 53.200000792742, 52.400000780821, 51.6000007689, 50.800000756979, 50.000000745058, 49.200000733137, 48.400000721216, 47.600000709295, 46.800000697374, 46.000000685453, 45.200000673532, 44.400000661612, 43.600000649691, 42.80000063777, 42.000000625849, 41.200000613928, 40.400000602007, 39.600000590086, 38.800000578165, 38.000000566244, 37.200000554323, 36.400000542402, 35.600000530481, 34.80000051856, 34.000000506639, 33.200000494719, 32.400000482798, 31.600000470877, 30.800000458956, 30.000000447035, 29.200000435114, 28.400000423193, 27.600000411272, 26.800000399351, 26.00000038743, 25.200000375509, 24.400000363588, 23.600000351667, 22.800000339746, 22.000000327826, 21.200000315905, 20.400000303984, 19.600000292063, 18.800000280142, 18.000000268221, 17.2000002563, 16.400000244379, 15.600000232458, 14.800000220537, 14.000000208616, 13.200000196695, 12.400000184774, 11.600000172853, 10.800000160933, 10.000000149012, 9.2000001370907, 8.4000001251698, 7.6000001132488, 6.8000001013279, 6.000000089407, 5.200000077486, 4.4000000655651, 3.6000000536442, 2.8000000417233, 2.0000000298023, 1.2000000178814, 0.40000000596046, -0.4000000059605, -1.2000000178814, -2.0000000298023, -2.8000000417233, -3.6000000536442, -4.4000000655651, -5.200000077486, -6.000000089407, -6.8000001013279, -7.6000001132488, -8.4000001251698, -9.2000001370907, -10.000000149012, -10.800000160933, -11.600000172853, -12.400000184774, -13.200000196695, -14.000000208616, -14.800000220537, -15.600000232458, -16.400000244379, -17.2000002563, -18.000000268221, -18.800000280142, -19.600000292063, -20.400000303984, -21.200000315905, -22.000000327826, -22.800000339746, -23.600000351667, -24.400000363588, -25.200000375509, -26.00000038743, -26.800000399351, -27.600000411272, -28.400000423193, -29.200000435114, -30.000000447035, -30.800000458956, -31.600000470877, -32.400000482798, -33.200000494719, -34.000000506639, -34.80000051856, -35.600000530481, -36.400000542402, -37.200000554323, -38.000000566244, -38.800000578165, -39.600000590086, -40.400000602007, -41.200000613928, -42.000000625849, -42.80000063777, -43.600000649691, -44.400000661612, -45.200000673532, -46.000000685453, -46.800000697374, -47.600000709295, -48.400000721216, -49.200000733137, -50.000000745058, -50.800000756979, -51.6000007689, -52.400000780821, -53.200000792742, -54.000000804663, -54.800000816584, -55.600000828505, -56.400000840425, -57.200000852346, -58.000000864267, -58.800000876188, -59.600000888109, -60.40000090003, -61.200000911951, -62.000000923872, -62.800000935793, -63.600000947714, -64.400000959635, -65.200000971556, -66.000000983477, -66.800000995398, -67.600001007318, -68.400001019239, -69.20000103116, -70.000001043081, -70.800001055002, -71.600001066923, -72.400001078844, -73.200001090765, -74.000001102686, -74.800001114607, -75.600001126528, -76.400001138449, -77.20000115037, -78.000001162291, -78.800001174212, -79.600001186132, -80.400001198053, -81.200001209974, -82.000001221895, -82.800001233816, -83.600001245737, -84.400001257658, -85.200001269579, -86.0000012815, -86.800001293421, -87.600001305342, -88.400001317263, -89.200001329184, -90.000001341105, -90.800001353025, -91.600001364946, -92.400001376867, -93.200001388788, -94.000001400709, -94.80000141263, -95.600001424551, -96.400001436472, -97.200001448393, -98.000001460314, -98.800001472235, -99.600001484156, -100.40000149608, -101.200001508, -102.00000151992], "WindowCenter": [45.0, 47.0, 47.0, 47.0, 48.0, 48.0, 48.0, 49.0, 49.0, 56.0, 57.0, 63.0, 69.0, 77.0, 93.0, 80.0, 83.0, 79.0, 84.0, 97.0, 106.0, 110.0, 140.0, 302.0, 291.0, 295.0, 426.0, 506.0, 542.0, 572.0, 572.0, 560.0, 542.0, 442.0, 493.0, 538.0, 580.0, 592.0, 590.0, 611.0, 631.0, 634.0, 641.0, 641.0, 642.0, 641.0, 637.0, 639.0, 639.0, 643.0, 650.0, 655.0, 661.0, 667.0, 676.0, 686.0, 695.0, 705.0, 716.0, 728.0, 738.0, 745.0, 749.0, 752.0, 754.0, 762.0, 767.0, 773.0, 781.0, 789.0, 797.0, 805.0, 817.0, 827.0, 833.0, 841.0, 844.0, 849.0, 856.0, 862.0, 867.0, 872.0, 880.0, 887.0, 896.0, 905.0, 915.0, 926.0, 942.0, 964.0, 974.0, 977.0, 980.0, 984.0, 991.0, 997.0, 997.0, 996.0, 992.0, 987.0, 983.0, 981.0, 982.0, 984.0, 986.0, 988.0, 990.0, 992.0, 994.0, 996.0, 1001.0, 1006.0, 1017.0, 1015.0, 1010.0, 1009.0, 1007.0, 1002.0, 999.0, 997.0, 994.0, 991.0, 989.0, 984.0, 978.0, 971.0, 965.0, 957.0, 951.0, 937.0, 918.0, 898.0, 883.0, 881.0, 888.0, 909.0, 921.0, 934.0, 949.0, 958.0, 967.0, 976.0, 982.0, 985.0, 988.0, 993.0, 997.0, 998.0, 998.0, 999.0, 999.0, 999.0, 1000.0, 1001.0, 1001.0, 1000.0, 999.0, 998.0, 998.0, 997.0, 997.0, 995.0, 996.0, 997.0, 1000.0, 1005.0, 1013.0, 1020.0, 1023.0, 1017.0, 1010.0, 1004.0, 993.0, 979.0, 968.0, 959.0, 952.0, 945.0, 937.0, 929.0, 922.0, 917.0, 912.0, 908.0, 904.0, 899.0, 893.0, 887.0, 879.0, 866.0, 857.0, 849.0, 842.0, 836.0, 828.0, 822.0, 814.0, 805.0, 798.0, 789.0, 781.0, 770.0, 763.0, 755.0, 749.0, 735.0, 718.0, 706.0, 696.0, 688.0, 679.0, 671.0, 665.0, 659.0, 660.0, 667.0, 672.0, 675.0, 678.0, 676.0, 673.0, 668.0, 659.0, 651.0, 637.0, 624.0, 610.0, 594.0, 589.0, 590.0, 587.0, 561.0, 549.0, 489.0, 394.0, 210.0, 115.0, 80.0, 71.0, 78.0, 79.0, 79.0, 86.0, 93.0, 79.0, 81.0, 80.0, 83.0, 81.0, 68.0, 64.0, 59.0, 58.0, 55.0, 53.0, 49.0], "WindowWidth": [122.0, 125.0, 126.0, 127.0, 129.0, 130.0, 131.0, 132.0, 133.0, 153.0, 158.0, 175.0, 193.0, 215.0, 251.0, 224.0, 231.0, 220.0, 231.0, 265.0, 287.0, 296.0, 375.0, 642.0, 618.0, 615.0, 840.0, 992.0, 1093.0, 1211.0, 1207.0, 1159.0, 1102.0, 917.0, 1008.0, 1117.0, 1238.0, 1271.0, 1262.0, 1316.0, 1368.0, 1368.0, 1379.0, 1376.0, 1372.0, 1365.0, 1354.0, 1355.0, 1353.0, 1358.0, 1368.0, 1377.0, 1384.0, 1391.0, 1404.0, 1420.0, 1434.0, 1449.0, 1465.0, 1484.0, 1500.0, 1510.0, 1514.0, 1518.0, 1518.0, 1530.0, 1537.0, 1544.0, 1555.0, 1569.0, 1581.0, 1596.0, 1620.0, 1640.0, 1647.0, 1659.0, 1664.0, 1670.0, 1678.0, 1683.0, 1690.0, 1696.0, 1706.0, 1713.0, 1725.0, 1738.0, 1753.0, 1773.0, 1815.0, 1896.0, 1923.0, 1911.0, 1908.0, 1913.0, 1930.0, 1959.0, 1953.0, 1936.0, 1901.0, 1870.0, 1857.0, 1848.0, 1848.0, 1849.0, 1851.0, 1854.0, 1856.0, 1857.0, 1858.0, 1857.0, 1865.0, 1870.0, 1915.0, 1878.0, 1826.0, 1825.0, 1818.0, 1815.0, 1819.0, 1823.0, 1821.0, 1822.0, 1825.0, 1819.0, 1816.0, 1809.0, 1806.0, 1800.0, 1794.0, 1769.0, 1739.0, 1709.0, 1688.0, 1695.0, 1712.0, 1740.0, 1751.0, 1769.0, 1786.0, 1793.0, 1804.0, 1816.0, 1819.0, 1814.0, 1810.0, 1815.0, 1813.0, 1814.0, 1817.0, 1815.0, 1812.0, 1814.0, 1818.0, 1832.0, 1837.0, 1837.0, 1836.0, 1836.0, 1839.0, 1841.0, 1840.0, 1840.0, 1853.0, 1850.0, 1861.0, 1898.0, 1932.0, 1960.0, 1981.0, 1953.0, 1936.0, 1926.0, 1882.0, 1840.0, 1820.0, 1801.0, 1790.0, 1781.0, 1770.0, 1761.0, 1754.0, 1752.0, 1747.0, 1744.0, 1743.0, 1738.0, 1729.0, 1723.0, 1710.0, 1684.0, 1670.0, 1662.0, 1654.0, 1646.0, 1636.0, 1626.0, 1614.0, 1601.0, 1592.0, 1579.0, 1570.0, 1556.0, 1548.0, 1537.0, 1529.0, 1507.0, 1480.0, 1463.0, 1447.0, 1437.0, 1424.0, 1414.0, 1406.0, 1398.0, 1403.0, 1421.0, 1432.0, 1440.0, 1447.0, 1449.0, 1449.0, 1445.0, 1433.0, 1419.0, 1385.0, 1355.0, 1322.0, 1281.0, 1266.0, 1271.0, 1263.0, 1166.0, 1119.0, 979.0, 810.0, 524.0, 319.0, 217.0, 196.0, 212.0, 218.0, 221.0, 241.0, 254.0, 221.0, 219.0, 216.0, 222.0, 217.0, 186.0, 176.0, 161.0, 158.0, 148.0, 144.0, 132.0]}}}