{"AcquisitionMatrixPE": 128, "AcquisitionNumber": 1, "AcquisitionTime": "07:55:42.300000", "BandwidthPerPixelPhaseEncode": 20.292, "BaseResolution": 128, "BodyPartExamined": "BRAIN", "ConsistencyInfo": "N4_VD11D_LATEST_20110129", "ConversionSoftware": "dcm2niix", "ConversionSoftwareVersion": "v1.0.20210317", "DerivedVendorReportedEchoSpacing": 0.000770008, "DeviceSerialNumber": "45239", "DiffusionScheme": "Monopolar", "DwellTime": 2.4e-06, "EchoTime": 0.092, "EchoTrainLength": 51, "EffectiveEchoSpacing": 0.000385004, "FlipAngle": 90, "ImageComments": "Unaliased MB3/PE3", "ImageOrientationPatientDICOM": [1, -1e-16, 0, 1e-16, 1, 0], "ImageType": ["ORIGINAL", "PRIMARY", "DIFFUSION", "NONE", "ND", "NORM", "MOSAIC"], "ImagingFrequency": 123.193, "InPlanePhaseEncodingDirectionDICOM": "ROW", "InstitutionAddress": "E 24th St. 100,Austin,Southmiddle,US,78712", "InstitutionName": "Univ of Texas at Austin", "InstitutionalDepartmentName": "IRC", "MRAcquisitionType": "2D", "MagneticFieldStrength": 3, "Manufacturer": "Siemens", "ManufacturersModelName": "Skyra", "Modality": "MR", "MultibandAccelerationFactor": 3, "ParallelReductionFactorInPlane": 2, "PartialFourier": 0.75, "PatientPosition": "HFS", "PercentPhaseFOV": 100, "PercentSampling": 100, "PhaseEncodingDirection": "i-", "PhaseEncodingSteps": 102, "PhaseResolution": 1, "PixelBandwidth": 1630, "ProcedureStepDescription": "Poldrack2^self-scanning", "ProtocolName": "MBEPI with MDDW L-R", "PulseSequenceDetails": "%CustomerSeq%\\cmrr_mbep2d_diff", "ReceiveCoilActiveElements": "HEA;HEP", "ReceiveCoilName": "Head_32", "ReconMatrixPE": 128, "RefLinesPE": 76, "RepetitionTime": 5, "SAR": 0.13049, "ScanOptions": "PFP\\FS", "ScanningSequence": "EP", "SequenceName": "ep_b5#1", "SequenceVariant": "SK", "SeriesDescription": "MBEPI with MDDW L-R", "SeriesNumber": 18, "ShimSetting": [-2786, 8079, -15482, 150, -212, 133, 128, -101], "SliceThickness": 1.7, "SliceTiming": [0, 3.64, 2.3, 0.9575, 4.5975, 3.2575, 1.9175, 0.575, 4.215, 2.875, 1.5325, 0.1925, 3.8325, 2.49, 1.15, 4.79, 3.4475, 2.1075, 0.7675, 4.405, 3.065, 1.725, 0.385, 4.0225, 2.6825, 1.3425, 0, 3.64, 2.3, 0.9575, 4.5975, 3.2575, 1.9175, 0.575, 4.215, 2.875, 1.5325, 0.1925, 3.8325, 2.49, 1.15, 4.79, 3.4475, 2.1075, 0.7675, 4.405, 3.065, 1.725, 0.385, 4.0225, 2.6825, 1.3425, 0, 3.64, 2.3, 0.9575, 4.5975, 3.2575, 1.9175, 0.575, 4.215, 2.875, 1.5325, 0.1925, 3.8325, 2.49, 1.15, 4.79, 3.4475, 2.1075, 0.7675, 4.405, 3.065, 1.725, 0.385, 4.0225, 2.6825, 1.3425], "SoftwareVersions": "syngo MR D11", "SpacingBetweenSlices": 1.7, "StationName": "AWP45239", "TotalReadoutTime": 0.0488955, "TxRefAmp": 337.228, "WipMemBlock": "4e1a9c39-6b1f-4235-ad4d-d63757d02f01||Sequence: VD11D r195; Nov 21 2012 15:37:02 by eja", "dcmmeta_affine": [[-1.7421875, 1.7421875567777916e-16, 0.0, 115.77075958251953], [1.7421875567777916e-16, 1.7421875, 0.0, -120.85525512695312], [0.0, 0.0, 1.7000000476837158, -27.132217407226562], [0.0, 0.0, 0.0, 1.0]], "dcmmeta_reorient_transform": [[0.0, -1.0, 0.0, 127.0], [1.0, 0.0, 0.0, 0.0], [0.0, 0.0, 1.0, 0.0], [0.0, 0.0, 0.0, 1.0]], "dcmmeta_shape": [128, 128, 78, 64], "dcmmeta_slice_dim": 2, "dcmmeta_version": 0.6, "global": {"const": {"AcquisitionMatrix": [0, 128, 128, 0], "AngioFlag": "N", "BitsAllocated": 16, "BitsStored": 16, "BodyPartExamined": "BRAIN", "Columns": 1152, "EchoNumbers": 1, "EchoTime": 92.0, "EchoTrainLength": 51, "FlipAngle": 90.0, "HighBit": 15, "ImageOrientationPatient": [1.0, -1e-16, 0.0, 1e-16, 1.0, 0.0], "ImagePositionPatient": [-1007.7707567215, -992.40255355835, -27.132217407227], "ImageType": ["ORIGINAL", "PRIMARY", "DIFFUSION", "NONE", "ND", "NORM", "MOSAIC"], "ImagedNucleus": "1H", "ImagingFrequency": 123.193485, "InPlanePhaseEncodingDirection": "ROW", "MRAcquisitionType": "2D", "MagneticFieldStrength": 3.0, "Manufacturer": "SIEMENS", "ManufacturerModelName": "Skyra", "Modality": "MR", "NumberOfAverages": 1.0, "NumberOfPhaseEncodingSteps": 102, "PercentPhaseFieldOfView": 100.0, "PercentSampling": 100.0, "PerformedProcedureStepStartTime": "071321.625000", "PhotometricInterpretation": "MONOCHROME2", "PixelBandwidth": 1630.0, "PixelRepresentation": 0, "PixelSpacing": [1.7421875, 1.7421875], "ProtocolName": "MBEPI with MDDW L-R", "RepetitionTime": 5000.0, "Rows": 1152, "SAR": 0.13049025445657, "SamplesPerPixel": 1, "ScanOptions": ["PFP", "FS"], "ScanningSequence": "EP", "SequenceVariant": "SK", "SeriesDescription": "MBEPI with MDDW L-R", "SeriesNumber": 18, "SeriesTime": "075713.296000", "SliceLocation": -27.132217407227, "SliceThickness": 1.7000000476837, "SmallestImagePixelValue": 0, "SoftwareVersions": "syngo MR D11", "SpacingBetweenSlices": 1.7000000198166, "SpecificCharacterSet": "ISO_IR 100", "StudyID": "1", "StudyTime": "071321.593000", "TransmitCoilName": "Body", "VariableFlipAngleFlag": "N", "WindowCenterWidthExplanation": "Algo1", "dBdt": 0.0}, "slices": {}}, "time": {"samples": {"AcquisitionNumber": [1, 2, 3, 4, 5, 6, 7, 8, 9, 10, 11, 12, 13, 14, 15, 16, 17, 18, 19, 20, 21, 22, 23, 24, 25, 26, 27, 28, 29, 30, 31, 32, 33, 34, 35, 36, 37, 38, 39, 40, 41, 42, 43, 44, 45, 46, 47, 48, 49, 50, 51, 52, 53, 54, 55, 56, 57, 58, 59, 60, 61, 62, 63, 64], "AcquisitionTime": ["075542.300000", "075712.300000", "075717.300000", "075722.300000", "075727.300000", "075732.300000", "075737.300000", "075742.300000", "075747.300000", "075752.300000", "075757.300000", "075802.300000", "075807.300000", "075812.300000", "075817.300000", "075822.302500", "075827.302500", "075832.302500", "075837.302500", "075842.302500", "075847.302500", "075852.302500", "075857.302500", "075902.302500", "075907.302500", "075912.302500", "075917.302500", "075922.302500", "075927.302500", "075932.302500", "075937.302500", "075942.302500", "075947.302500", "075952.302500", "075957.302500", "080002.302500", "080007.302500", "080012.302500", "080017.302500", "080022.302500", "080027.302500", "080032.302500", "080037.302500", "080042.302500", "080047.302500", "080052.302500", "080057.302500", "080102.302500", "080107.302500", "080112.302500", "080117.302500", "080122.302500", "080127.302500", "080132.302500", "080137.302500", "080142.302500", "080147.302500", "080152.302500", "080157.302500", "080202.302500", "080207.302500", "080212.302500", "080217.302500", "080222.302500"], "ContentTime": ["075713.296000", "075717.812000", "075722.812000", "075727.812000", "075732.812000", "075737.812000", "075747.812000", "075747.812000", "075752.812000", "075757.812000", "075802.812000", "075807.812000", "075812.812000", "075817.812000", "075822.812000", "075827.812000", "075832.812000", "075837.812000", "075842.812000", "075847.812000", "075852.812000", "075857.812000", "075902.812000", "075907.812000", "075912.812000", "075917.812000", "075922.812000", "075927.812000", "075932.812000", "075937.812000", "075942.812000", "075947.812000", "075952.812000", "075957.812000", "080002.812000", "080007.812000", "080012.812000", "080017.812000", "080022.812000", "080027.812000", "080032.812000", "080037.812000", "080042.812000", "080047.812000", "080052.812000", "080057.812000", "080102.812000", "080107.812000", "080112.812000", "080117.812000", "080122.812000", "080127.812000", "080132.812000", "080137.812000", "080147.812000", "080147.812000", "080152.812000", "080157.812000", "080202.812000", "080207.812000", "080212.812000", "080217.812000", "080222.812000", "080227.734000"], "InstanceCreationTime": ["075713.296000", "075717.812000", "075722.812000", "075727.812000", "075732.812000", "075737.812000", "075747.812000", "075747.812000", "075752.812000", "075757.812000", "075802.812000", "075807.812000", "075812.812000", "075817.812000", "075822.812000", "075827.812000", "075832.812000", "075837.812000", "075842.812000", "075847.812000", "075852.812000", "075857.812000", "075902.812000", "075907.812000", "075912.812000", "075917.812000", "075922.812000", "075927.812000", "075932.812000", "075937.812000", "075942.812000", "075947.812000", "075952.812000", "075957.812000", "080002.812000", "080007.812000", "080012.812000", "080017.812000", "080022.812000", "080027.812000", "080032.812000", "080037.812000", "080042.812000", "080047.812000", "080052.812000", "080057.812000", "080102.812000", "080107.812000", "080112.812000", "080117.812000", "080122.812000", "080127.812000", "080132.812000", "080137.812000", "080147.812000", "080147.812000", "080152.812000", "080157.812000", "080202.812000", "080207.812000", "080212.812000", "080217.812000", "080222.812000", "080227.734000"], "InstanceNumber": [1, 2, 3, 4, 5, 6, 7, 8, 9, 10, 11, 12, 13, 14, 15, 16, 17, 18, 19, 20, 21, 22, 23, 24, 25, 26, 27, 28, 29, 30, 31, 32, 33, 34, 35, 36, 37, 38, 39, 40, 41, 42, 43, 44, 45, 46, 47, 48, 49, 50, 51, 52, 53, 54, 55, 56, 57, 58, 59, 60, 61, 62, 63, 64], "LargestImagePixelValue": [65535, 22782, 25705, 25083, 24061, 21339, 22815, 21283, 23218, 23211, 21569, 20993, 21701, 23181, 24125, 22823, 61771, 20072, 19804, 21942, 22552, 25967, 25494, 21502, 21010, 21053, 24011, 21202, 23261, 20702, 24495, 22934, 65535, 12231, 12981, 14155, 10532, 9892, 10844, 11286, 13696, 13406, 10526, 9142, 11835, 11880, 11930, 14076, 65535, 11216, 9793, 12033, 12295, 13986, 13716, 11760, 9760, 9921, 11900, 13763, 12136, 11968, 13575, 13158], "SequenceName": ["ep_b5#1", "ep_b995#2", "ep_b995#3", "ep_b995#4", "ep_b995#5", "ep_b1000#6", "ep_b1000#7", "ep_b995#8", "ep_b995#9", "ep_b995#10", "ep_b1000#11", "ep_b1000#12", "ep_b1005#13", "ep_b1005#14", "ep_b1000#15", "ep_b1005#16", "ep_b5#17", "ep_b1005#18", "ep_b1000#19", "ep_b1005#20", "ep_b1005#21", "ep_b995#22", "ep_b1005#23", "ep_b1000#24", "ep_b1000#25", "ep_b1000#26", "ep_b995#27", "ep_b995#28", "ep_b995#29", "ep_b1000#30", "ep_b1005#31", "ep_b1000#32", "ep_b5#1", "ep_b1990#2", "ep_b1990#3", "ep_b1990#4", "ep_b1995#5", "ep_b1995#6", "ep_b2000#7", "ep_b1995#8", "ep_b1990#9", "ep_b1995#10", "ep_b2000#11", "ep_b2000#12", "ep_b2010#13", "ep_b2005#14", "ep_b2000#15", "ep_b2005#16", "ep_b5#17", "ep_b2005#18", "ep_b2005#19", "ep_b2005#20", "ep_b2010#21", "ep_b1990#22", "ep_b2010#23", "ep_b2000#24", "ep_b2000#25", "ep_b1995#26", "ep_b1995#27", "ep_b1995#28", "ep_b1995#29", "ep_b2000#30", "ep_b2005#31", "ep_b2000#32"], "WindowCenter": [7273.0, 3195.0, 3207.0, 3236.0, 3204.0, 3200.0, 3206.0, 3226.0, 3216.0, 3230.0, 3228.0, 3231.0, 3217.0, 3228.0, 3260.0, 3218.0, 7265.0, 3236.0, 3231.0, 3234.0, 3225.0, 3225.0, 3213.0, 3245.0, 3212.0, 3214.0, 3202.0, 3209.0, 3217.0, 3217.0, 3261.0, 3264.0, 7286.0, 2096.0, 2106.0, 2167.0, 2080.0, 2078.0, 2127.0, 2126.0, 2157.0, 2174.0, 2143.0, 2116.0, 2155.0, 2158.0, 2177.0, 2187.0, 7288.0, 2158.0, 2146.0, 2169.0, 2157.0, 2192.0, 2171.0, 2137.0, 2125.0, 2079.0, 2089.0, 2180.0, 2119.0, 2135.0, 2200.0, 2199.0], "WindowWidth": [16026.0, 7402.0, 7415.0, 7474.0, 7409.0, 7390.0, 7416.0, 7462.0, 7452.0, 7478.0, 7462.0, 7452.0, 7456.0, 7464.0, 7535.0, 7451.0, 16029.0, 7467.0, 7456.0, 7464.0, 7453.0, 7466.0, 7441.0, 7478.0, 7408.0, 7412.0, 7396.0, 7420.0, 7432.0, 7424.0, 7515.0, 7520.0, 16057.0, 5146.0, 5162.0, 5284.0, 5111.0, 5108.0, 5213.0, 5212.0, 5279.0, 5318.0, 5247.0, 5198.0, 5266.0, 5279.0, 5324.0, 5338.0, 16057.0, 5274.0, 5263.0, 5294.0, 5269.0, 5352.0, 5299.0, 5226.0, 5207.0, 5108.0, 5118.0, 5310.0, 5180.0, 5219.0, 5363.0, 5360.0]}, "slices": {}}}