{"AcquisitionMatrixPE": 96, "AcquisitionNumber": 1, "AcquisitionTime": "07:26:54.235000", "BandwidthPerPixelPhaseEncode": 33.602, "BaseResolution": 96, "BodyPartExamined": "BRAIN", "ConsistencyInfo": "N4_VD11D_LATEST_20110129", "ConversionSoftware": "dcm2niix", "ConversionSoftwareVersion": "v1.0.20210317", "DerivedVendorReportedEchoSpacing": 0.000620003, "DeviceSerialNumber": "45239", "DwellTime": 2.6e-06, "EchoTime": 0.036, "EchoTrainLength": 48, "EffectiveEchoSpacing": 0.000310001, "FlipAngle": 90, "ImageOrientationPatientDICOM": [0.99961, 0.0182429, 0.0211415, -0.000385205, 0.766037, -0.642796], "ImageType": ["ORIGINAL", "PRIMARY", "M", "ND", "NORM", "MOSAIC"], "ImagingFrequency": 123.193, "InPlanePhaseEncodingDirectionDICOM": "COL", "InstitutionAddress": "E 24th St. 100,Austin,Southmiddle,US,78712", "InstitutionName": "Univ of Texas at Austin", "InstitutionalDepartmentName": "IRC", "MRAcquisitionType": "2D", "MagneticFieldStrength": 3, "Manufacturer": "Siemens", "ManufacturersModelName": "Skyra", "Modality": "MR", "ParallelReductionFactorInPlane": 2, "PartialFourier": 1, "PatientPosition": "HFS", "PercentPhaseFOV": 100, "PercentSampling": 100, "PhaseEncodingDirection": "j-", "PhaseEncodingSteps": 96, "PhaseResolution": 1, "PixelBandwidth": 2005, "ProcedureStepDescription": "Poldrack2^self-scanning", "ProtocolName": "MB-SE_FieldMap_A-P", "PulseSequenceDetails": "%CustomerSeq%\\cmrr_mbep2d_se", "ReceiveCoilActiveElements": "HEA;HEP;SP1", "ReceiveCoilName": "Head_32", "ReconMatrixPE": 96, "RefLinesPE": 48, "RepetitionTime": 4.55, "SAR": 0.366156, "ScanOptions": "FS", "ScanningSequence": "EP", "SequenceName": "epse2d1_96", "SequenceVariant": "SK", "SeriesDescription": "MB-SE_FieldMap_A-P", "SeriesNumber": 6, "ShimSetting": [-2793, 8114, -15482, 196, -254, 244, -45, -96], "SliceThickness": 2, "SliceTiming": [2.2725, 0, 2.34, 0.065, 2.4075, 0.1325, 2.475, 0.2, 2.54, 0.2675, 2.6075, 0.3325, 2.675, 0.4, 2.7425, 0.4675, 2.8075, 0.535, 2.875, 0.6, 2.9425, 0.6675, 3.01, 0.735, 3.075, 0.8025, 3.1425, 0.8675, 3.21, 0.935, 3.2775, 1.0025, 3.345, 1.07, 3.41, 1.135, 3.4775, 1.2025, 3.545, 1.27, 3.6125, 1.3375, 3.6775, 1.4025, 3.745, 1.47, 3.8125, 1.5375, 3.88, 1.605, 3.945, 1.6725, 4.0125, 1.7375, 4.08, 1.805, 4.1475, 1.8725, 4.2125, 1.94, 4.28, 2.005, 4.3475, 2.0725, 4.415, 2.14, 4.48, 2.2075], "SoftwareVersions": "syngo MR D11", "SpacingBetweenSlices": 2.4, "StationName": "AWP45239", "TotalReadoutTime": 0.0294501, "TxRefAmp": 338.78, "WipMemBlock": "92ea8de2-c2e6-47f0-9028-31d227428b8e||Sequence: VD11D r196; Dec  8 2012 22:11:06 by IDEA", "dcmmeta_affine": [[-2.3948988914489746, -0.0009228877606801689, 0.06701190769672394, 117.85530853271484], [-0.04370688274502754, 1.8352980613708496, -1.5420887470245361, -55.5643310546875], [0.05065152049064636, 1.5400315523147583, 1.8377898931503296, -112.46981048583984], [0.0, 0.0, 0.0, 1.0]], "dcmmeta_reorient_transform": [[0.0, -1.0, 0.0, 95.0], [1.0, 0.0, 0.0, 0.0], [0.0, 0.0, 1.0, 0.0], [0.0, 0.0, 0.0, 1.0]], "dcmmeta_shape": [96, 96, 68, 5], "dcmmeta_slice_dim": 2, "dcmmeta_version": 0.6, "global": {"const": {"AcquisitionMatrix": [96, 0, 0, 96], "AngioFlag": "N", "BitsAllocated": 16, "BitsStored": 16, "BodyPartExamined": "BRAIN", "Columns": 864, "EchoNumbers": 1, "EchoTime": 36.0, "EchoTrainLength": 48, "FlipAngle": 90.0, "HighBit": 15, "ImageOrientationPatient": [0.99961004112512, 0.01824287410157, 0.02114150482705, -0.0003852053315, 0.76603748373889, -0.6427957880415], "ImagePositionPatient": [-1037.0544500777, -840.32688988345, 605.75510306829], "ImageType": ["ORIGINAL", "PRIMARY", "M", "ND", "NORM", "MOSAIC"], "ImagedNucleus": "1H", "ImagingFrequency": 123.193294, "InPlanePhaseEncodingDirection": "COL", "MRAcquisitionType": "2D", "MagneticFieldStrength": 3.0, "Manufacturer": "SIEMENS", "ManufacturerModelName": "Skyra", "Modality": "MR", "NumberOfAverages": 1.0, "NumberOfPhaseEncodingSteps": 96, "PercentPhaseFieldOfView": 100.0, "PercentSampling": 100.0, "PerformedProcedureStepStartTime": "071138.937000", "PhotometricInterpretation": "MONOCHROME2", "PixelBandwidth": 2005.0, "PixelRepresentation": 0, "PixelSpacing": [2.3958332538605, 2.3958332538605], "ProtocolName": "MB-SE_FieldMap_A-P", "RepetitionTime": 4550.0, "Rows": 864, "SAR": 0.36615631635633, "SamplesPerPixel": 1, "ScanOptions": "FS", "ScanningSequence": "EP", "SequenceName": "epse2d1_96", "SequenceVariant": "SK", "SeriesDescription": "MB-SE_FieldMap_A-P", "SeriesNumber": 6, "SeriesTime": "072715.156000", "SliceLocation": -47.130435273051, "SliceThickness": 2.0, "SmallestImagePixelValue": 0, "SoftwareVersions": "syngo MR D11", "SpacingBetweenSlices": 2.4000000219927, "SpecificCharacterSet": "ISO_IR 100", "StudyID": "1", "StudyTime": "071138.828000", "TransmitCoilName": "Body", "VariableFlipAngleFlag": "N", "WindowCenterWidthExplanation": "Algo1", "dBdt": 0.0}, "slices": {}}, "time": {"samples": {"AcquisitionNumber": [1, 2, 3, 4, 5], "AcquisitionTime": ["072654.235000", "072658.785000", "072703.335000", "072707.885000", "072712.435000"], "ContentTime": ["072715.187000", "072715.187000", "072715.203000", "072715.203000", "072715.203000"], "InstanceCreationTime": ["072715.187000", "072715.187000", "072715.203000", "072715.203000", "072715.203000"], "InstanceNumber": [1, 2, 3, 4, 5], "LargestImagePixelValue": [28885, 29010, 28587, 28687, 28500], "WindowCenter": [6371.0, 6377.0, 6380.0, 6386.0, 6389.0], "WindowWidth": [13618.0, 13641.0, 13644.0, 13652.0, 13658.0]}, "slices": {}}}