{"AcquisitionMatrixPE": 96, "AcquisitionNumber": 1, "AcquisitionTime": "07:30:29.692500", "BandwidthPerPixelPhaseEncode": 33.602, "BaseResolution": 96, "BodyPartExamined": "BRAIN", "ConsistencyInfo": "N4_VD11D_LATEST_20110129", "ConversionSoftware": "dcm2niix", "ConversionSoftwareVersion": "v1.0.20210317", "DerivedVendorReportedEchoSpacing": 0.000620003, "DeviceSerialNumber": "45239", "DwellTime": 2.6e-06, "EchoTime": 0.03, "EchoTrainLength": 48, "EffectiveEchoSpacing": 0.000310001, "FlipAngle": 63, "ImageComments": "Unaliased MB4/PE3", "ImageOrientationPatientDICOM": [0.999982, -0.00521416, 0.00284287, 0.0059388, 0.877967, -0.478683], "ImageType": ["ORIGINAL", "PRIMARY", "M", "ND", "NORM", "MOSAIC"], "ImagingFrequency": 123.193, "InPlanePhaseEncodingDirectionDICOM": "COL", "InstitutionAddress": "E 24th St. 100,Austin,Southmiddle,US,78712", "InstitutionName": "Univ of Texas at Austin", "InstitutionalDepartmentName": "IRC", "MRAcquisitionType": "2D", "MagneticFieldStrength": 3, "Manufacturer": "Siemens", "ManufacturersModelName": "Skyra", "Modality": "MR", "MultibandAccelerationFactor": 4, "ParallelReductionFactorInPlane": 2, "PartialFourier": 1, "PatientPosition": "HFS", "PercentPhaseFOV": 100, "PercentSampling": 100, "PhaseEncodingDirection": "j-", "PhaseEncodingSteps": 96, "PhaseResolution": 1, "PixelBandwidth": 2005, "ProcedureStepDescription": "Poldrack2^self-scanning", "ProtocolName": "Resting State fMRI MBEPI_matrix96_BW2004", "PulseSequenceDetails": "%CustomerSeq%\\cmrr_mbep2d_bold", "ReceiveCoilActiveElements": "HEA;HEP", "ReceiveCoilName": "Head_32", "ReconMatrixPE": 96, "RefLinesPE": 94, "RepetitionTime": 1.16, "SAR": 0.0907983, "ScanOptions": "FS", "ScanningSequence": "EP", "SequenceName": "epfid2d1_96", "SequenceVariant": "SK", "SeriesDescription": "Resting State fMRI MBEPI_matrix96_BW2004", "SeriesNumber": 7, "ShimSetting": [-2787, 8010, -15463, 226, -236, 42, 281, -114], "SliceThickness": 2, "SliceTiming": [0, 0.4975, 0.9975, 0.355, 0.855, 0.2125, 0.7125, 0.0725, 0.57, 1.0675, 0.4275, 0.925, 0.285, 0.7825, 0.1425, 0.64, 0, 0.4975, 0.9975, 0.355, 0.855, 0.2125, 0.7125, 0.0725, 0.57, 1.0675, 0.4275, 0.925, 0.285, 0.7825, 0.1425, 0.64, 0, 0.4975, 0.9975, 0.355, 0.855, 0.2125, 0.7125, 0.0725, 0.57, 1.0675, 0.4275, 0.925, 0.285, 0.7825, 0.1425, 0.64, 0, 0.4975, 0.9975, 0.355, 0.855, 0.2125, 0.7125, 0.0725, 0.57, 1.0675, 0.4275, 0.925, 0.285, 0.7825, 0.1425, 0.64], "SoftwareVersions": "syngo MR D11", "SpacingBetweenSlices": 2.4, "StationName": "AWP45239", "TaskName": "Resting fmri", "TotalReadoutTime": 0.0294501, "TxRefAmp": 331.931, "WipMemBlock": "248a1450-073a-4cc4-92e0-778b4f0d0a45||Sequence: VD11D r195; Nov 21 2012 15:36:10 by eja", "dcmmeta_affine": [[-2.3957910537719727, 0.014228381216526031, 3.728312236717102e-08, 116.04586791992188], [0.012492259033024311, 2.103463649749756, -1.1488604545593262, -70.86246490478516], [0.006811043247580528, 1.1468456983566284, 2.10715913772583, -93.35458374023438], [0.0, 0.0, 0.0, 1.0]], "dcmmeta_reorient_transform": [[0.0, -1.0, 0.0, 95.0], [1.0, 0.0, 0.0, 0.0], [0.0, 0.0, 1.0, 0.0], [0.0, 0.0, 0.0, 1.0]], "dcmmeta_shape": [96, 96, 64, 518], "dcmmeta_slice_dim": 2, "dcmmeta_version": 0.6, "global": {"const": {"AcquisitionMatrix": [96, 0, 0, 96], "AngioFlag": "N", "BitsAllocated": 16, "BitsStored": 16, "BodyPartExamined": "BRAIN", "Columns": 768, "EchoNumbers": 1, "EchoTime": 30.0, "EchoTrainLength": 48, "FlipAngle": 63.0, "HighBit": 15, "ImageOrientationPatient": [0.99998236515485, -0.0052141603522, 0.0028428702283, 0.00593880285189, 0.87796749069826, -0.4786834192843], "ImagePositionPatient": [-927.16407384992, -831.53299188912, 398.64737889735], "ImageType": ["ORIGINAL", "PRIMARY", "M", "ND", "NORM", "MOSAIC"], "ImagedNucleus": "1H", "ImagingFrequency": 123.193397, "InPlanePhaseEncodingDirection": "COL", "MRAcquisitionType": "2D", "MagneticFieldStrength": 3.0, "Manufacturer": "SIEMENS", "ManufacturerModelName": "Skyra", "Modality": "MR", "NumberOfAverages": 1.0, "NumberOfPhaseEncodingSteps": 96, "PercentPhaseFieldOfView": 100.0, "PercentSampling": 100.0, "PerformedProcedureStepStartTime": "070606.500000", "PhotometricInterpretation": "MONOCHROME2", "PixelBandwidth": 2005.0, "PixelRepresentation": 0, "PixelSpacing": [2.3958332538605, 2.3958332538605], "ProtocolName": "Resting State fMRI MBEPI_matrix96_BW2004", "RepetitionTime": 1160.0, "Rows": 768, "SAR": 0.09079832990155, "SamplesPerPixel": 1, "ScanOptions": "FS", "ScanningSequence": "EP", "SequenceName": "epfid2d1_96", "SequenceVariant": "SK", "SeriesDescription": "Resting State fMRI MBEPI_matrix96_BW2004", "SeriesNumber": 7, "SeriesTime": "073113.921000", "SliceLocation": -48.042449784464, "SliceThickness": 2.0, "SmallestImagePixelValue": 0, "SoftwareVersions": "syngo MR D11", "SpacingBetweenSlices": 2.400000012463, "SpecificCharacterSet": "ISO_IR 100", "StudyID": "1", "StudyTime": "070606.453000", "TransmitCoilName": "Body", "VariableFlipAngleFlag": "N", "WindowCenterWidthExplanation": "Algo1", "dBdt": 0.0}, "slices": {}}, "time": {"samples": {"AcquisitionNumber": [1, 2, 3, 4, 5, 6, 7, 8, 9, 10, 11, 12, 13, 14, 15, 16, 17, 18, 19, 20, 21, 22, 23, 24, 25, 26, 27, 28, 29, 30, 31, 32, 33, 34, 35, 36, 37, 38, 39, 40, 41, 42, 43, 44, 45, 46, 47, 48, 49, 50, 51, 52, 53, 54, 55, 56, 57, 58, 59, 60, 61, 62, 63, 64, 65, 66, 67, 68, 69, 70, 71, 72, 73, 74, 75, 76, 77, 78, 79, 80, 81, 82, 83, 84, 85, 86, 87, 88, 89, 90, 91, 92, 93, 94, 95, 96, 97, 98, 99, 100, 101, 102, 103, 104, 105, 106, 107, 108, 109, 110, 111, 112, 113, 114, 115, 116, 117, 118, 119, 120, 121, 122, 123, 124, 125, 126, 127, 128, 129, 130, 131, 132, 133, 134, 135, 136, 137, 138, 139, 140, 141, 142, 143, 144, 145, 146, 147, 148, 149, 150, 151, 152, 153, 154, 155, 156, 157, 158, 159, 160, 161, 162, 163, 164, 165, 166, 167, 168, 169, 170, 171, 172, 173, 174, 175, 176, 177, 178, 179, 180, 181, 182, 183, 184, 185, 186, 187, 188, 189, 190, 191, 192, 193, 194, 195, 196, 197, 198, 199, 200, 201, 202, 203, 204, 205, 206, 207, 208, 209, 210, 211, 212, 213, 214, 215, 216, 217, 218, 219, 220, 221, 222, 223, 224, 225, 226, 227, 228, 229, 230, 231, 232, 233, 234, 235, 236, 237, 238, 239, 240, 241, 242, 243, 244, 245, 246, 247, 248, 249, 250, 251, 252, 253, 254, 255, 256, 257, 258, 259, 260, 261, 262, 263, 264, 265, 266, 267, 268, 269, 270, 271, 272, 273, 274, 275, 276, 277, 278, 279, 280, 281, 282, 283, 284, 285, 286, 287, 288, 289, 290, 291, 292, 293, 294, 295, 296, 297, 298, 299, 300, 301, 302, 303, 304, 305, 306, 307, 308, 309, 310, 311, 312, 313, 314, 315, 316, 317, 318, 319, 320, 321, 322, 323, 324, 325, 326, 327, 328, 329, 330, 331, 332, 333, 334, 335, 336, 337, 338, 339, 340, 341, 342, 343, 344, 345, 346, 347, 348, 349, 350, 351, 352, 353, 354, 355, 356, 357, 358, 359, 360, 361, 362, 363, 364, 365, 366, 367, 368, 369, 370, 371, 372, 373, 374, 375, 376, 377, 378, 379, 380, 381, 382, 383, 384, 385, 386, 387, 388, 389, 390, 391, 392, 393, 394, 395, 396, 397, 398, 399, 400, 401, 402, 403, 404, 405, 406, 407, 408, 409, 410, 411, 412, 413, 414, 415, 416, 417, 418, 419, 420, 421, 422, 423, 424, 425, 426, 427, 428, 429, 430, 431, 432, 433, 434, 435, 436, 437, 438, 439, 440, 441, 442, 443, 444, 445, 446, 447, 448, 449, 450, 451, 452, 453, 454, 455, 456, 457, 458, 459, 460, 461, 462, 463, 464, 465, 466, 467, 468, 469, 470, 471, 472, 473, 474, 475, 476, 477, 478, 479, 480, 481, 482, 483, 484, 485, 486, 487, 488, 489, 490, 491, 492, 493, 494, 495, 496, 497, 498, 499, 500, 501, 502, 503, 504, 505, 506, 507, 508, 509, 510, 511, 512, 513, 514, 515, 516, 517, 518], "AcquisitionTime": ["073029.692500", "073058.692500", "073059.852500", "073101.012500", "073102.172500", "073103.332500", "073104.492500", "073105.652500", "073106.812500", "073107.972500", "073109.132500", "073110.292500", "073111.452500", "073112.612500", "073113.772500", "073114.932500", "073116.092500", "073117.252500", "073118.412500", "073119.572500", "073120.732500", "073121.892500", "073123.052500", "073124.212500", "073125.372500", "073126.532500", "073127.692500", "073128.852500", "073130.012500", "073131.172500", "073132.332500", "073133.492500", "073134.652500", "073135.812500", "073136.972500", "073138.132500", "073139.292500", "073140.452500", "073141.612500", "073142.772500", "073143.932500", "073145.092500", "073146.252500", "073147.412500", "073148.572500", "073149.732500", "073150.892500", "073152.052500", "073153.212500", "073154.372500", "073155.532500", "073156.692500", "073157.852500", "073159.012500", "073200.172500", "073201.332500", "073202.492500", "073203.652500", "073204.812500", "073205.972500", "073207.132500", "073208.292500", "073209.452500", "073210.612500", "073211.772500", "073212.932500", "073214.092500", "073215.252500", "073216.412500", "073217.572500", "073218.732500", "073219.892500", "073221.052500", "073222.212500", "073223.372500", "073224.532500", "073225.692500", "073226.852500", "073228.012500", "073229.172500", "073230.332500", "073231.492500", "073232.652500", "073233.812500", "073234.972500", "073236.132500", "073237.292500", "073238.452500", "073239.612500", "073240.772500", "073241.932500", "073243.092500", "073244.252500", "073245.412500", "073246.572500", "073247.732500", "073248.892500", "073250.052500", "073251.212500", "073252.372500", "073253.532500", "073254.692500", "073255.852500", "073257.012500", "073258.172500", "073259.332500", "073300.492500", "073301.652500", "073302.812500", "073303.972500", "073305.132500", "073306.292500", "073307.452500", "073308.612500", "073309.772500", "073310.932500", "073312.092500", "073313.252500", "073314.412500", "073315.572500", "073316.735000", "073317.895000", "073319.055000", "073320.215000", "073321.375000", "073322.535000", "073323.695000", "073324.855000", "073326.015000", "073327.175000", "073328.335000", "073329.495000", "073330.655000", "073331.815000", "073332.975000", "073334.135000", "073335.295000", "073336.455000", "073337.615000", "073338.775000", "073339.935000", "073341.095000", "073342.255000", "073343.415000", "073344.575000", "073345.735000", "073346.895000", "073348.055000", "073349.215000", "073350.375000", "073351.535000", "073352.695000", "073353.855000", "073355.015000", "073356.175000", "073357.335000", "073358.495000", "073359.655000", "073400.815000", "073401.975000", "073403.135000", "073404.295000", "073405.455000", "073406.615000", "073407.775000", "073408.935000", "073410.095000", "073411.255000", "073412.415000", "073413.575000", "073414.735000", "073415.895000", "073417.055000", "073418.215000", "073419.375000", "073420.535000", "073421.695000", "073422.855000", "073424.015000", "073425.175000", "073426.335000", "073427.495000", "073428.655000", "073429.815000", "073430.975000", "073432.135000", "073433.295000", "073434.455000", "073435.615000", "073436.775000", "073437.935000", "073439.095000", "073440.255000", "073441.415000", "073442.575000", "073443.735000", "073444.895000", "073446.055000", "073447.215000", "073448.375000", "073449.535000", "073450.695000", "073451.855000", "073453.015000", "073454.175000", "073455.335000", "073456.495000", "073457.655000", "073458.815000", "073459.975000", "073501.135000", "073502.295000", "073503.455000", "073504.615000", "073505.775000", "073506.935000", "073508.095000", "073509.255000", "073510.415000", "073511.575000", "073512.735000", "073513.895000", "073515.055000", "073516.215000", "073517.375000", "073518.535000", "073519.695000", "073520.855000", "073522.015000", "073523.175000", "073524.335000", "073525.495000", "073526.655000", "073527.815000", "073528.975000", "073530.135000", "073531.295000", "073532.455000", "073533.615000", "073534.775000", "073535.935000", "073537.095000", "073538.255000", "073539.415000", "073540.575000", "073541.735000", "073542.895000", "073544.055000", "073545.215000", "073546.375000", "073547.535000", "073548.695000", "073549.855000", "073551.015000", "073552.175000", "073553.335000", "073554.495000", "073555.655000", "073556.815000", "073557.975000", "073559.135000", "073600.295000", "073601.455000", "073602.615000", "073603.775000", "073604.935000", "073606.095000", "073607.255000", "073608.415000", "073609.575000", "073610.735000", "073611.895000", "073613.055000", "073614.215000", "073615.375000", "073616.535000", "073617.695000", "073618.855000", "073620.015000", "073621.175000", "073622.335000", "073623.495000", "073624.655000", "073625.815000", "073626.975000", "073628.135000", "073629.295000", "073630.455000", "073631.615000", "073632.775000", "073633.935000", "073635.095000", "073636.255000", "073637.415000", "073638.575000", "073639.735000", "073640.895000", "073642.055000", "073643.215000", "073644.375000", "073645.535000", "073646.695000", "073647.855000", "073649.015000", "073650.175000", "073651.335000", "073652.495000", "073653.655000", "073654.815000", "073655.975000", "073657.135000", "073658.295000", "073659.455000", "073700.615000", "073701.775000", "073702.935000", "073704.095000", "073705.255000", "073706.415000", "073707.575000", "073708.735000", "073709.895000", "073711.055000", "073712.215000", "073713.375000", "073714.535000", "073715.695000", "073716.855000", "073718.015000", "073719.175000", "073720.335000", "073721.495000", "073722.655000", "073723.815000", "073724.975000", "073726.135000", "073727.295000", "073728.455000", "073729.615000", "073730.775000", "073731.935000", "073733.095000", "073734.255000", "073735.415000", "073736.575000", "073737.735000", "073738.895000", "073740.055000", "073741.215000", "073742.375000", "073743.535000", "073744.695000", "073745.855000", "073747.015000", "073748.175000", "073749.335000", "073750.495000", "073751.655000", "073752.815000", "073753.975000", "073755.135000", "073756.295000", "073757.455000", "073758.615000", "073759.775000", "073800.935000", "073802.095000", "073803.255000", "073804.415000", "073805.575000", "073806.737500", "073807.897500", "073809.057500", "073810.217500", "073811.377500", "073812.537500", "073813.697500", "073814.857500", "073816.017500", "073817.177500", "073818.337500", "073819.497500", "073820.657500", "073821.817500", "073822.977500", "073824.137500", "073825.297500", "073826.457500", "073827.617500", "073828.777500", "073829.937500", "073831.097500", "073832.257500", "073833.417500", "073834.577500", "073835.737500", "073836.897500", "073838.057500", "073839.217500", "073840.377500", "073841.537500", "073842.697500", "073843.857500", "073845.017500", "073846.177500", "073847.337500", "073848.497500", "073849.657500", "073850.817500", "073851.977500", "073853.137500", "073854.297500", "073855.457500", "073856.617500", "073857.777500", "073858.937500", "073900.097500", "073901.257500", "073902.417500", "073903.577500", "073904.737500", "073905.897500", "073907.057500", "073908.217500", "073909.377500", "073910.537500", "073911.697500", "073912.857500", "073914.017500", "073915.177500", "073916.337500", "073917.497500", "073918.657500", "073919.817500", "073920.977500", "073922.137500", "073923.297500", "073924.457500", "073925.617500", "073926.777500", "073927.937500", "073929.097500", "073930.257500", "073931.417500", "073932.577500", "073933.737500", "073934.897500", "073936.057500", "073937.217500", "073938.377500", "073939.537500", "073940.697500", "073941.857500", "073943.017500", "073944.177500", "073945.337500", "073946.497500", "073947.657500", "073948.817500", "073949.977500", "073951.137500", "073952.297500", "073953.457500", "073954.617500", "073955.777500", "073956.937500", "073958.097500", "073959.257500", "074000.417500", "074001.577500", "074002.737500", "074003.897500", "074005.057500", "074006.217500", "074007.377500", "074008.537500", "074009.697500", "074010.857500", "074012.017500", "074013.177500", "074014.337500", "074015.497500", "074016.657500", "074017.817500", "074018.977500", "074020.137500", "074021.297500", "074022.457500", "074023.617500", "074024.777500", "074025.937500", "074027.097500", "074028.257500", "074029.417500", "074030.577500", "074031.737500", "074032.897500", "074034.057500", "074035.217500", "074036.377500", "074037.537500", "074038.697500", "074039.857500", "074041.017500", "074042.177500", "074043.337500", "074044.497500", "074045.657500", "074046.817500", "074047.977500", "074049.137500", "074050.297500", "074051.457500", "074052.617500", "074053.777500", "074054.937500", "074056.097500", "074057.257500"], "ContentTime": ["073113.937000", "073120.031000", "073120.031000", "073120.046000", "073120.046000", "073120.046000", "073125.031000", "073125.031000", "073125.046000", "073125.046000", "073130.031000", "073130.031000", "073130.046000", "073135.031000", "073135.031000", "073135.046000", "073135.046000", "073140.031000", "073140.046000", "073140.046000", "073140.046000", "073145.031000", "073145.046000", "073145.046000", "073145.046000", "073150.031000", "073150.046000", "073150.046000", "073150.046000", "073155.031000", "073155.031000", "073155.046000", "073155.046000", "073200.031000", "073200.031000", "073200.046000", "073200.046000", "073205.031000", "073205.046000", "073205.046000", "073205.046000", "073210.031000", "073210.031000", "073210.046000", "073210.046000", "073215.031000", "073215.046000", "073215.046000", "073215.046000", "073220.031000", "073220.031000", "073220.046000", "073220.046000", "073225.031000", "073225.031000", "073225.046000", "073225.046000", "073230.031000", "073230.031000", "073230.046000", "073230.046000", "073235.031000", "073235.031000", "073235.046000", "073240.031000", "073240.031000", "073240.046000", "073240.046000", "073245.031000", "073245.031000", "073245.046000", "073245.046000", "073250.031000", "073250.031000", "073250.046000", "073250.046000", "073255.031000", "073255.031000", "073255.046000", "073255.046000", "073300.031000", "073300.046000", "073300.046000", "073300.046000", "073305.031000", "073305.031000", "073305.046000", "073305.046000", "073310.031000", "073310.031000", "073310.046000", "073310.046000", "073315.031000", "073315.031000", "073315.046000", "073315.046000", "073320.031000", "073320.031000", "073320.046000", "073320.046000", "073325.031000", "073325.031000", "073325.046000", "073325.046000", "073330.031000", "073330.031000", "073330.046000", "073330.046000", "073330.046000", "073335.031000", "073335.031000", "073335.046000", "073335.046000", "073340.031000", "073340.031000", "073340.046000", "073340.046000", "073345.031000", "073345.031000", "073345.046000", "073345.046000", "073350.031000", "073350.062000", "073350.078000", "073350.078000", "073355.031000", "073355.046000", "073355.046000", "073355.046000", "073400.031000", "073400.046000", "073400.046000", "073400.046000", "073405.031000", "073405.031000", "073405.046000", "073405.046000", "073410.031000", "073410.031000", "073410.046000", "073410.046000", "073415.031000", "073415.031000", "073415.046000", "073415.046000", "073420.031000", "073420.031000", "073420.046000", "073420.046000", "073425.031000", "073425.031000", "073425.046000", "073425.046000", "073430.031000", "073430.031000", "073430.046000", "073430.046000", "073435.031000", "073435.031000", "073435.046000", "073435.046000", "073440.031000", "073440.046000", "073440.046000", "073440.046000", "073445.031000", "073445.046000", "073445.046000", "073450.031000", "073450.031000", "073450.046000", "073450.046000", "073455.031000", "073455.031000", "073455.046000", "073455.046000", "073500.031000", "073500.031000", "073500.046000", "073500.046000", "073505.031000", "073505.031000", "073505.046000", "073505.046000", "073510.031000", "073510.031000", "073510.046000", "073510.046000", "073515.031000", "073515.031000", "073515.046000", "073515.046000", "073520.031000", "073520.046000", "073520.046000", "073520.046000", "073525.031000", "073525.031000", "073525.046000", "073525.046000", "073530.031000", "073530.031000", "073530.046000", "073535.031000", "073535.031000", "073535.046000", "073535.046000", "073540.031000", "073540.031000", "073540.046000", "073540.046000", "073545.031000", "073545.031000", "073545.046000", "073545.046000", "073550.031000", "073550.031000", "073550.046000", "073550.046000", "073555.031000", "073555.031000", "073555.046000", "073555.046000", "073600.031000", "073600.031000", "073600.046000", "073600.046000", "073605.031000", "073605.031000", "073605.046000", "073605.046000", "073610.031000", "073610.031000", "073610.046000", "073610.046000", "073615.031000", "073615.031000", "073615.046000", "073615.046000", "073620.031000", "073620.031000", "073620.046000", "073620.046000", "073625.031000", "073625.031000", "073625.046000", "073625.046000", "073630.031000", "073630.031000", "073630.046000", "073630.046000", "073635.031000", "073635.031000", "073635.046000", "073635.046000", "073640.031000", "073640.031000", "073640.046000", "073640.046000", "073645.031000", "073645.031000", "073645.046000", "073645.046000", "073650.031000", "073650.031000", "073650.046000", "073650.046000", "073655.031000", "073655.031000", "073655.046000", "073655.046000", "073700.031000", "073700.031000", "073700.046000", "073700.046000", "073705.031000", "073705.031000", "073705.046000", "073710.031000", "073710.031000", "073710.078000", "073710.078000", "073715.031000", "073715.031000", "073715.046000", "073715.046000", "073720.031000", "073720.031000", "073720.046000", "073720.046000", "073725.031000", "073725.031000", "073725.046000", "073725.046000", "073730.031000", "073730.031000", "073730.046000", "073730.046000", "073735.031000", "073735.031000", "073735.046000", "073735.046000", "073740.031000", "073740.031000", "073740.046000", "073740.046000", "073745.031000", "073745.031000", "073745.046000", "073745.046000", "073750.031000", "073750.031000", "073750.046000", "073750.046000", "073755.031000", "073755.046000", "073755.046000", "073755.046000", "073800.031000", "073800.031000", "073800.046000", "073800.046000", "073800.046000", "073805.031000", "073805.031000", "073805.046000", "073805.046000", "073810.031000", "073810.031000", "073810.046000", "073810.078000", "073815.031000", "073815.031000", "073815.046000", "073815.046000", "073820.031000", "073820.031000", "073820.046000", "073820.046000", "073825.031000", "073825.031000", "073825.046000", "073825.046000", "073830.031000", "073830.031000", "073830.046000", "073830.046000", "073835.031000", "073835.046000", "073835.046000", "073840.031000", "073840.031000", "073840.046000", "073840.046000", "073840.078000", "073845.031000", "073845.031000", "073845.046000", "073850.031000", "073850.031000", "073850.046000", "073850.046000", "073855.031000", "073855.031000", "073855.046000", "073855.046000", "073900.031000", "073900.031000", "073900.046000", "073900.046000", "073905.031000", "073905.031000", "073905.046000", "073905.046000", "073910.031000", "073910.031000", "073910.046000", "073910.046000", "073915.031000", "073915.046000", "073915.046000", "073920.031000", "073920.031000", "073920.046000", "073920.046000", "073920.046000", "073925.031000", "073925.031000", "073925.046000", "073925.046000", "073930.031000", "073930.046000", "073930.046000", "073930.046000", "073935.031000", "073935.031000", "073935.046000", "073935.046000", "073940.031000", "073940.031000", "073940.046000", "073940.046000", "073945.031000", "073945.031000", "073945.046000", "073945.046000", "073950.031000", "073950.031000", "073950.046000", "073950.046000", "073955.031000", "073955.031000", "073955.046000", "073955.046000", "074000.031000", "074000.046000", "074000.046000", "074000.046000", "074005.031000", "074005.031000", "074005.046000", "074005.046000", "074010.031000", "074010.031000", "074010.046000", "074010.046000", "074015.031000", "074015.031000", "074015.046000", "074015.046000", "074020.031000", "074020.031000", "074020.046000", "074020.046000", "074025.031000", "074025.031000", "074025.046000", "074030.031000", "074030.031000", "074030.046000", "074030.046000", "074030.046000", "074035.031000", "074035.031000", "074035.046000", "074035.046000", "074040.031000", "074040.031000", "074040.046000", "074040.046000", "074045.031000", "074045.046000", "074045.046000", "074045.046000", "074050.031000", "074050.046000", "074050.046000", "074050.046000", "074055.031000", "074055.031000", "074055.046000", "074055.046000", "074100.031000", "074100.031000", "074100.046000", "074100.046000", "074105.031000", "074105.031000", "074105.046000", "074105.046000", "074110.031000", "074110.031000", "074110.046000", "074110.046000", "074110.046000", "074115.031000", "074115.046000", "074115.046000", "074115.046000", "074120.031000", "074120.031000", "074120.046000", "074120.046000", "074125.031000", "074125.046000", "074125.046000", "074125.046000", "074125.046000", "074130.031000", "074130.031000", "074130.046000", "074130.046000", "074135.031000", "074135.031000", "074135.046000", "074135.046000", "074140.031000", "074140.031000", "074140.046000", "074140.046000", "074145.031000", "074145.031000", "074145.046000", "074145.046000", "074150.031000", "074150.046000", "074150.046000", "074150.046000", "074150.046000", "074155.031000", "074155.031000", "074155.046000", "074155.046000", "074200.031000", "074200.031000", "074200.046000", "074200.046000", "074200.468000"], "InstanceCreationTime": ["073113.937000", "073120.031000", "073120.031000", "073120.046000", "073120.046000", "073120.046000", "073125.031000", "073125.031000", "073125.046000", "073125.046000", "073130.031000", "073130.031000", "073130.046000", "073135.031000", "073135.031000", "073135.046000", "073135.046000", "073140.031000", "073140.046000", "073140.046000", "073140.046000", "073145.031000", "073145.046000", "073145.046000", "073145.046000", "073150.031000", "073150.046000", "073150.046000", "073150.046000", "073155.031000", "073155.031000", "073155.046000", "073155.046000", "073200.031000", "073200.031000", "073200.046000", "073200.046000", "073205.031000", "073205.046000", "073205.046000", "073205.046000", "073210.031000", "073210.031000", "073210.046000", "073210.046000", "073215.031000", "073215.046000", "073215.046000", "073215.046000", "073220.031000", "073220.031000", "073220.046000", "073220.046000", "073225.031000", "073225.031000", "073225.046000", "073225.046000", "073230.031000", "073230.031000", "073230.046000", "073230.046000", "073235.031000", "073235.031000", "073235.046000", "073240.031000", "073240.031000", "073240.046000", "073240.046000", "073245.031000", "073245.031000", "073245.046000", "073245.046000", "073250.031000", "073250.031000", "073250.046000", "073250.046000", "073255.031000", "073255.031000", "073255.046000", "073255.046000", "073300.031000", "073300.046000", "073300.046000", "073300.046000", "073305.031000", "073305.031000", "073305.046000", "073305.046000", "073310.031000", "073310.031000", "073310.046000", "073310.046000", "073315.031000", "073315.031000", "073315.046000", "073315.046000", "073320.031000", "073320.031000", "073320.046000", "073320.046000", "073325.031000", "073325.031000", "073325.046000", "073325.046000", "073330.031000", "073330.031000", "073330.046000", "073330.046000", "073330.046000", "073335.031000", "073335.031000", "073335.046000", "073335.046000", "073340.031000", "073340.031000", "073340.046000", "073340.046000", "073345.031000", "073345.031000", "073345.046000", "073345.046000", "073350.031000", "073350.062000", "073350.078000", "073350.078000", "073355.031000", "073355.046000", "073355.046000", "073355.046000", "073400.031000", "073400.046000", "073400.046000", "073400.046000", "073405.031000", "073405.031000", "073405.046000", "073405.046000", "073410.031000", "073410.031000", "073410.046000", "073410.046000", "073415.031000", "073415.031000", "073415.046000", "073415.046000", "073420.031000", "073420.031000", "073420.046000", "073420.046000", "073425.031000", "073425.031000", "073425.046000", "073425.046000", "073430.031000", "073430.031000", "073430.046000", "073430.046000", "073435.031000", "073435.031000", "073435.046000", "073435.046000", "073440.031000", "073440.046000", "073440.046000", "073440.046000", "073445.031000", "073445.046000", "073445.046000", "073450.031000", "073450.031000", "073450.046000", "073450.046000", "073455.031000", "073455.031000", "073455.046000", "073455.046000", "073500.031000", "073500.031000", "073500.046000", "073500.046000", "073505.031000", "073505.031000", "073505.046000", "073505.046000", "073510.031000", "073510.031000", "073510.046000", "073510.046000", "073515.031000", "073515.031000", "073515.046000", "073515.046000", "073520.031000", "073520.046000", "073520.046000", "073520.046000", "073525.031000", "073525.031000", "073525.046000", "073525.046000", "073530.031000", "073530.031000", "073530.046000", "073535.031000", "073535.031000", "073535.046000", "073535.046000", "073540.031000", "073540.031000", "073540.046000", "073540.046000", "073545.031000", "073545.031000", "073545.046000", "073545.046000", "073550.031000", "073550.031000", "073550.046000", "073550.046000", "073555.031000", "073555.031000", "073555.046000", "073555.046000", "073600.031000", "073600.031000", "073600.046000", "073600.046000", "073605.031000", "073605.031000", "073605.046000", "073605.046000", "073610.031000", "073610.031000", "073610.046000", "073610.046000", "073615.031000", "073615.031000", "073615.046000", "073615.046000", "073620.031000", "073620.031000", "073620.046000", "073620.046000", "073625.031000", "073625.031000", "073625.046000", "073625.046000", "073630.031000", "073630.031000", "073630.046000", "073630.046000", "073635.031000", "073635.031000", "073635.046000", "073635.046000", "073640.031000", "073640.031000", "073640.046000", "073640.046000", "073645.031000", "073645.031000", "073645.046000", "073645.046000", "073650.031000", "073650.031000", "073650.046000", "073650.046000", "073655.031000", "073655.031000", "073655.046000", "073655.046000", "073700.031000", "073700.031000", "073700.046000", "073700.046000", "073705.031000", "073705.031000", "073705.046000", "073710.031000", "073710.031000", "073710.078000", "073710.078000", "073715.031000", "073715.031000", "073715.046000", "073715.046000", "073720.031000", "073720.031000", "073720.046000", "073720.046000", "073725.031000", "073725.031000", "073725.046000", "073725.046000", "073730.031000", "073730.031000", "073730.046000", "073730.046000", "073735.031000", "073735.031000", "073735.046000", "073735.046000", "073740.031000", "073740.031000", "073740.046000", "073740.046000", "073745.031000", "073745.031000", "073745.046000", "073745.046000", "073750.031000", "073750.031000", "073750.046000", "073750.046000", "073755.031000", "073755.046000", "073755.046000", "073755.046000", "073800.031000", "073800.031000", "073800.046000", "073800.046000", "073800.046000", "073805.031000", "073805.031000", "073805.046000", "073805.046000", "073810.031000", "073810.031000", "073810.046000", "073810.078000", "073815.031000", "073815.031000", "073815.046000", "073815.046000", "073820.031000", "073820.031000", "073820.046000", "073820.046000", "073825.031000", "073825.031000", "073825.046000", "073825.046000", "073830.031000", "073830.031000", "073830.046000", "073830.046000", "073835.031000", "073835.046000", "073835.046000", "073840.031000", "073840.031000", "073840.046000", "073840.046000", "073840.078000", "073845.031000", "073845.031000", "073845.046000", "073850.031000", "073850.031000", "073850.046000", "073850.046000", "073855.031000", "073855.031000", "073855.046000", "073855.046000", "073900.031000", "073900.031000", "073900.046000", "073900.046000", "073905.031000", "073905.031000", "073905.046000", "073905.046000", "073910.031000", "073910.031000", "073910.046000", "073910.046000", "073915.031000", "073915.046000", "073915.046000", "073920.031000", "073920.031000", "073920.046000", "073920.046000", "073920.046000", "073925.031000", "073925.031000", "073925.046000", "073925.046000", "073930.031000", "073930.046000", "073930.046000", "073930.046000", "073935.031000", "073935.031000", "073935.046000", "073935.046000", "073940.031000", "073940.031000", "073940.046000", "073940.046000", "073945.031000", "073945.031000", "073945.046000", "073945.046000", "073950.031000", "073950.031000", "073950.046000", "073950.046000", "073955.031000", "073955.031000", "073955.046000", "073955.046000", "074000.031000", "074000.046000", "074000.046000", "074000.046000", "074005.031000", "074005.031000", "074005.046000", "074005.046000", "074010.031000", "074010.031000", "074010.046000", "074010.046000", "074015.031000", "074015.031000", "074015.046000", "074015.046000", "074020.031000", "074020.031000", "074020.046000", "074020.046000", "074025.031000", "074025.031000", "074025.046000", "074030.031000", "074030.031000", "074030.046000", "074030.046000", "074030.046000", "074035.031000", "074035.031000", "074035.046000", "074035.046000", "074040.031000", "074040.031000", "074040.046000", "074040.046000", "074045.031000", "074045.046000", "074045.046000", "074045.046000", "074050.031000", "074050.046000", "074050.046000", "074050.046000", "074055.031000", "074055.031000", "074055.046000", "074055.046000", "074100.031000", "074100.031000", "074100.046000", "074100.046000", "074105.031000", "074105.031000", "074105.046000", "074105.046000", "074110.031000", "074110.031000", "074110.046000", "074110.046000", "074110.046000", "074115.031000", "074115.046000", "074115.046000", "074115.046000", "074120.031000", "074120.031000", "074120.046000", "074120.046000", "074125.031000", "074125.046000", "074125.046000", "074125.046000", "074125.046000", "074130.031000", "074130.031000", "074130.046000", "074130.046000", "074135.031000", "074135.031000", "074135.046000", "074135.046000", "074140.031000", "074140.031000", "074140.046000", "074140.046000", "074145.031000", "074145.031000", "074145.046000", "074145.046000", "074150.031000", "074150.046000", "074150.046000", "074150.046000", "074150.046000", "074155.031000", "074155.031000", "074155.046000", "074155.046000", "074200.031000", "074200.031000", "074200.046000", "074200.046000", "074200.468000"], "InstanceNumber": [1, 2, 3, 4, 5, 6, 7, 8, 9, 10, 11, 12, 13, 14, 15, 16, 17, 18, 19, 20, 21, 22, 23, 24, 25, 26, 27, 28, 29, 30, 31, 32, 33, 34, 35, 36, 37, 38, 39, 40, 41, 42, 43, 44, 45, 46, 47, 48, 49, 50, 51, 52, 53, 54, 55, 56, 57, 58, 59, 60, 61, 62, 63, 64, 65, 66, 67, 68, 69, 70, 71, 72, 73, 74, 75, 76, 77, 78, 79, 80, 81, 82, 83, 84, 85, 86, 87, 88, 89, 90, 91, 92, 93, 94, 95, 96, 97, 98, 99, 100, 101, 102, 103, 104, 105, 106, 107, 108, 109, 110, 111, 112, 113, 114, 115, 116, 117, 118, 119, 120, 121, 122, 123, 124, 125, 126, 127, 128, 129, 130, 131, 132, 133, 134, 135, 136, 137, 138, 139, 140, 141, 142, 143, 144, 145, 146, 147, 148, 149, 150, 151, 152, 153, 154, 155, 156, 157, 158, 159, 160, 161, 162, 163, 164, 165, 166, 167, 168, 169, 170, 171, 172, 173, 174, 175, 176, 177, 178, 179, 180, 181, 182, 183, 184, 185, 186, 187, 188, 189, 190, 191, 192, 193, 194, 195, 196, 197, 198, 199, 200, 201, 202, 203, 204, 205, 206, 207, 208, 209, 210, 211, 212, 213, 214, 215, 216, 217, 218, 219, 220, 221, 222, 223, 224, 225, 226, 227, 228, 229, 230, 231, 232, 233, 234, 235, 236, 237, 238, 239, 240, 241, 242, 243, 244, 245, 246, 247, 248, 249, 250, 251, 252, 253, 254, 255, 256, 257, 258, 259, 260, 261, 262, 263, 264, 265, 266, 267, 268, 269, 270, 271, 272, 273, 274, 275, 276, 277, 278, 279, 280, 281, 282, 283, 284, 285, 286, 287, 288, 289, 290, 291, 292, 293, 294, 295, 296, 297, 298, 299, 300, 301, 302, 303, 304, 305, 306, 307, 308, 309, 310, 311, 312, 313, 314, 315, 316, 317, 318, 319, 320, 321, 322, 323, 324, 325, 326, 327, 328, 329, 330, 331, 332, 333, 334, 335, 336, 337, 338, 339, 340, 341, 342, 343, 344, 345, 346, 347, 348, 349, 350, 351, 352, 353, 354, 355, 356, 357, 358, 359, 360, 361, 362, 363, 364, 365, 366, 367, 368, 369, 370, 371, 372, 373, 374, 375, 376, 377, 378, 379, 380, 381, 382, 383, 384, 385, 386, 387, 388, 389, 390, 391, 392, 393, 394, 395, 396, 397, 398, 399, 400, 401, 402, 403, 404, 405, 406, 407, 408, 409, 410, 411, 412, 413, 414, 415, 416, 417, 418, 419, 420, 421, 422, 423, 424, 425, 426, 427, 428, 429, 430, 431, 432, 433, 434, 435, 436, 437, 438, 439, 440, 441, 442, 443, 444, 445, 446, 447, 448, 449, 450, 451, 452, 453, 454, 455, 456, 457, 458, 459, 460, 461, 462, 463, 464, 465, 466, 467, 468, 469, 470, 471, 472, 473, 474, 475, 476, 477, 478, 479, 480, 481, 482, 483, 484, 485, 486, 487, 488, 489, 490, 491, 492, 493, 494, 495, 496, 497, 498, 499, 500, 501, 502, 503, 504, 505, 506, 507, 508, 509, 510, 511, 512, 513, 514, 515, 516, 517, 518], "LargestImagePixelValue": [22743, 24318, 22018, 24260, 22222, 24205, 22044, 23338, 21732, 21672, 22010, 21976, 22277, 22116, 23193, 22142, 23796, 21911, 24482, 22138, 22982, 23741, 22756, 22239, 26353, 21856, 22051, 24628, 21990, 22980, 22200, 22094, 23135, 22024, 23816, 22128, 21927, 24221, 22388, 22413, 22078, 21947, 22096, 21913, 23862, 22059, 22142, 24137, 21814, 22523, 22066, 23560, 22043, 22654, 21865, 21947, 22248, 22059, 22053, 21571, 23248, 21864, 22069, 22345, 21879, 22198, 21675, 23414, 21759, 21857, 23005, 21828, 22204, 21876, 22345, 21850, 25054, 22149, 23396, 22053, 24792, 21992, 22025, 22810, 21628, 24498, 21997, 23002, 21813, 23441, 21970, 23060, 21515, 21925, 21865, 23848, 21763, 23962, 23475, 22612, 23441, 21936, 21954, 22101, 23306, 22001, 21629, 23810, 21662, 23151, 22723, 24736, 22341, 21954, 23851, 21691, 21642, 23047, 21831, 23550, 21826, 21840, 21400, 21539, 21864, 22226, 21738, 22223, 21901, 24324, 21596, 22049, 24278, 21765, 22027, 21461, 21767, 21641, 23659, 21866, 24185, 22025, 21828, 23582, 22007, 22116, 25535, 21853, 22107, 24206, 25277, 21743, 22138, 25816, 21976, 21994, 24212, 28157, 22088, 25800, 21935, 23479, 22569, 22102, 25127, 21813, 21920, 22074, 21810, 24365, 22026, 23548, 21660, 21744, 23451, 22108, 22242, 25098, 22140, 21802, 23687, 21910, 22745, 22165, 22617, 22142, 21920, 22025, 22005, 24430, 22176, 21809, 23806, 23558, 21864, 22028, 23604, 21791, 24992, 21617, 22057, 24605, 21829, 21793, 23695, 21831, 23377, 25452, 23962, 22444, 21980, 24846, 23785, 21649, 24299, 22046, 25177, 21915, 23922, 21953, 21824, 22051, 24648, 21829, 24775, 21991, 24432, 22132, 24294, 22169, 21938, 22038, 26562, 22059, 25333, 22288, 25674, 21755, 26208, 22122, 26173, 21974, 25722, 21942, 22058, 22055, 22074, 23172, 22748, 22322, 24425, 22987, 24666, 22278, 24437, 22331, 24576, 21906, 25055, 22080, 25474, 22491, 25787, 21673, 21890, 22042, 21853, 24461, 21860, 21934, 23278, 22461, 21769, 24338, 21839, 24958, 21773, 26214, 22164, 24235, 22129, 21833, 24499, 21854, 22436, 21745, 24929, 21790, 21755, 24381, 21810, 24597, 21880, 24557, 22258, 22194, 25300, 22094, 23438, 23019, 21922, 26472, 21763, 22860, 25408, 21825, 21729, 23217, 21916, 24115, 22958, 21830, 24198, 22004, 22949, 24036, 22450, 23080, 24712, 22057, 23916, 21836, 21900, 25221, 21852, 21899, 21763, 23283, 21742, 25862, 22862, 21841, 22107, 24982, 21908, 22137, 24718, 24382, 22278, 22150, 23829, 21824, 21959, 26850, 21776, 21689, 26643, 22685, 21679, 26705, 22278, 21905, 25211, 21943, 23959, 23064, 22384, 23364, 24739, 22047, 24353, 21919, 26199, 22531, 21800, 22227, 21915, 24165, 22280, 22193, 23358, 21997, 24306, 22561, 24531, 23128, 22402, 23953, 22053, 21902, 22189, 25500, 22631, 22196, 26276, 22089, 26162, 23168, 22196, 24535, 23168, 23921, 23258, 22194, 26049, 22241, 22269, 25448, 22570, 22187, 23189, 21985, 25687, 22197, 23956, 22721, 22370, 25251, 22135, 22138, 23019, 22081, 24734, 23100, 22361, 24533, 22027, 25555, 22429, 21948, 26534, 22308, 22583, 23796, 22104, 26081, 23253, 22177, 24286, 22877, 25889, 22171, 22161, 23605, 22300, 26398, 23204, 22014, 23921, 22289, 26516, 22646, 24003, 22172, 25413, 22466, 24090, 22839, 21997, 22614, 22232, 23370, 22235, 22786, 21994, 26564, 22650, 22089, 22939, 22140, 22684, 22316, 24948, 22625, 24685, 22321, 21969, 26409, 22397, 24609, 22434, 22303, 25643, 22409, 24987, 22180, 22105, 22921, 22256, 23811, 22124, 22171, 26427, 22811, 23945, 21932, 22003, 25419, 21913, 23515, 23139, 22151, 22529, 21927, 25624, 22454, 23156, 22990, 21898, 25126, 22294, 25698, 22249, 24157, 22393, 22151, 25151, 22310, 22213, 26412, 22082, 24350, 22201, 25082, 22764, 22377, 24416, 21986], "WindowCenter": [9574.0, 9550.0, 9538.0, 9536.0, 9557.0, 9553.0, 9548.0, 9558.0, 9556.0, 9565.0, 9560.0, 9561.0, 9566.0, 9572.0, 9574.0, 9549.0, 9579.0, 9548.0, 9576.0, 9550.0, 9569.0, 9617.0, 9586.0, 9588.0, 9583.0, 9555.0, 9567.0, 9584.0, 9564.0, 9559.0, 9556.0, 9546.0, 9538.0, 9544.0, 9540.0, 9519.0, 9535.0, 9560.0, 9535.0, 9526.0, 9525.0, 9525.0, 9510.0, 9536.0, 9545.0, 9536.0, 9526.0, 9529.0, 9509.0, 9528.0, 9534.0, 9544.0, 9526.0, 9540.0, 9539.0, 9538.0, 9543.0, 9534.0, 9536.0, 9520.0, 9549.0, 9528.0, 9523.0, 9513.0, 9515.0, 9524.0, 9516.0, 9533.0, 9539.0, 9542.0, 9563.0, 9538.0, 9540.0, 9535.0, 9534.0, 9534.0, 9522.0, 9511.0, 9528.0, 9516.0, 9516.0, 9516.0, 9514.0, 9537.0, 9536.0, 9537.0, 9537.0, 9518.0, 9521.0, 9516.0, 9522.0, 9539.0, 9537.0, 9532.0, 9511.0, 9529.0, 9515.0, 9615.0, 9577.0, 9564.0, 9558.0, 9521.0, 9528.0, 9522.0, 9502.0, 9499.0, 9508.0, 9536.0, 9501.0, 9514.0, 9506.0, 9525.0, 9497.0, 9519.0, 9536.0, 9517.0, 9515.0, 9516.0, 9511.0, 9514.0, 9495.0, 9512.0, 9513.0, 9485.0, 9507.0, 9501.0, 9502.0, 9482.0, 9498.0, 9521.0, 9504.0, 9499.0, 9509.0, 9493.0, 9496.0, 9499.0, 9496.0, 9486.0, 9509.0, 9499.0, 9506.0, 9496.0, 9493.0, 9515.0, 9492.0, 9508.0, 9534.0, 9505.0, 9513.0, 9518.0, 9508.0, 9497.0, 9509.0, 9540.0, 9517.0, 9512.0, 9516.0, 9538.0, 9498.0, 9491.0, 9468.0, 9485.0, 9488.0, 9488.0, 9494.0, 9468.0, 9475.0, 9467.0, 9483.0, 9483.0, 9472.0, 9502.0, 9483.0, 9495.0, 9478.0, 9489.0, 9491.0, 9504.0, 9490.0, 9499.0, 9498.0, 9490.0, 9507.0, 9481.0, 9478.0, 9504.0, 9486.0, 9498.0, 9496.0, 9501.0, 9497.0, 9481.0, 9482.0, 9480.0, 9454.0, 9483.0, 9492.0, 9462.0, 9486.0, 9494.0, 9487.0, 9502.0, 9469.0, 9473.0, 9493.0, 9478.0, 9503.0, 9575.0, 9584.0, 9566.0, 9533.0, 9524.0, 9489.0, 9484.0, 9488.0, 9484.0, 9500.0, 9485.0, 9486.0, 9470.0, 9471.0, 9485.0, 9507.0, 9473.0, 9507.0, 9483.0, 9512.0, 9483.0, 9509.0, 9452.0, 9460.0, 9485.0, 9512.0, 9495.0, 9497.0, 9491.0, 9512.0, 9494.0, 9500.0, 9459.0, 9493.0, 9456.0, 9486.0, 9459.0, 9464.0, 9462.0, 9489.0, 9480.0, 9489.0, 9494.0, 9529.0, 9499.0, 9516.0, 9484.0, 9490.0, 9486.0, 9504.0, 9486.0, 9500.0, 9504.0, 9499.0, 9488.0, 9507.0, 9485.0, 9492.0, 9479.0, 9475.0, 9515.0, 9480.0, 9483.0, 9481.0, 9472.0, 9478.0, 9472.0, 9453.0, 9476.0, 9472.0, 9493.0, 9479.0, 9484.0, 9459.0, 9461.0, 9498.0, 9472.0, 9475.0, 9459.0, 9488.0, 9483.0, 9476.0, 9491.0, 9496.0, 9501.0, 9472.0, 9502.0, 9491.0, 9464.0, 9500.0, 9485.0, 9478.0, 9478.0, 9475.0, 9511.0, 9463.0, 9471.0, 9472.0, 9445.0, 9456.0, 9461.0, 9446.0, 9474.0, 9483.0, 9454.0, 9504.0, 9459.0, 9466.0, 9480.0, 9467.0, 9464.0, 9462.0, 9469.0, 9484.0, 9456.0, 9476.0, 9501.0, 9457.0, 9469.0, 9468.0, 9491.0, 9474.0, 9489.0, 9466.0, 9456.0, 9471.0, 9484.0, 9456.0, 9443.0, 9477.0, 9451.0, 9441.0, 9413.0, 9443.0, 9428.0, 9424.0, 9463.0, 9438.0, 9462.0, 9472.0, 9442.0, 9442.0, 9431.0, 9438.0, 9459.0, 9445.0, 9466.0, 9467.0, 9450.0, 9471.0, 9468.0, 9476.0, 9463.0, 9470.0, 9456.0, 9481.0, 9461.0, 9462.0, 9450.0, 9453.0, 9441.0, 9419.0, 9455.0, 9476.0, 9462.0, 9484.0, 9490.0, 9460.0, 9448.0, 9463.0, 9475.0, 9435.0, 9450.0, 9457.0, 9487.0, 9459.0, 9444.0, 9467.0, 9446.0, 9471.0, 9450.0, 9442.0, 9468.0, 9465.0, 9468.0, 9452.0, 9445.0, 9470.0, 9445.0, 9439.0, 9472.0, 9447.0, 9466.0, 9454.0, 9457.0, 9473.0, 9458.0, 9475.0, 9445.0, 9456.0, 9478.0, 9432.0, 9448.0, 9467.0, 9465.0, 9484.0, 9450.0, 9439.0, 9441.0, 9450.0, 9455.0, 9446.0, 9457.0, 9483.0, 9469.0, 9456.0, 9452.0, 9437.0, 9476.0, 9449.0, 9448.0, 9470.0, 9459.0, 9466.0, 9439.0, 9438.0, 9450.0, 9440.0, 9464.0, 9462.0, 9448.0, 9446.0, 9443.0, 9466.0, 9453.0, 9456.0, 9435.0, 9463.0, 9454.0, 9455.0, 9440.0, 9432.0, 9447.0, 9450.0, 9450.0, 9447.0, 9457.0, 9447.0, 9480.0, 9466.0, 9468.0, 9459.0, 9432.0, 9469.0, 9457.0, 9488.0, 9453.0, 9480.0, 9439.0, 9434.0, 9486.0, 9457.0, 9464.0, 9453.0, 9438.0, 9476.0, 9452.0, 9463.0, 9436.0, 9440.0, 9431.0, 9440.0, 9454.0, 9440.0, 9457.0, 9483.0, 9443.0, 9463.0, 9448.0, 9438.0, 9474.0, 9443.0, 9458.0, 9428.0, 9440.0, 9415.0, 9442.0, 9454.0, 9432.0, 9470.0, 9460.0, 9449.0, 9456.0, 9455.0, 9463.0, 9434.0, 9459.0, 9430.0, 9455.0, 9460.0, 9421.0, 9419.0, 9465.0, 9422.0, 9438.0, 9431.0, 9453.0, 9452.0, 9438.0, 9430.0, 9421.0], "WindowWidth": [20196.0, 20148.0, 20123.0, 20117.0, 20158.0, 20147.0, 20141.0, 20157.0, 20155.0, 20175.0, 20168.0, 20169.0, 20177.0, 20192.0, 20192.0, 20146.0, 20200.0, 20144.0, 20189.0, 20144.0, 20185.0, 20304.0, 20224.0, 20222.0, 20205.0, 20153.0, 20181.0, 20208.0, 20172.0, 20163.0, 20155.0, 20134.0, 20116.0, 20127.0, 20119.0, 20081.0, 20113.0, 20156.0, 20111.0, 20092.0, 20090.0, 20091.0, 20065.0, 20112.0, 20128.0, 20112.0, 20095.0, 20095.0, 20058.0, 20096.0, 20107.0, 20123.0, 20096.0, 20126.0, 20119.0, 20116.0, 20124.0, 20109.0, 20112.0, 20088.0, 20144.0, 20099.0, 20089.0, 20069.0, 20072.0, 20085.0, 20077.0, 20109.0, 20122.0, 20129.0, 20168.0, 20119.0, 20121.0, 20113.0, 20109.0, 20110.0, 20084.0, 20060.0, 20091.0, 20067.0, 20067.0, 20069.0, 20071.0, 20113.0, 20116.0, 20114.0, 20111.0, 20077.0, 20083.0, 20072.0, 20085.0, 20119.0, 20115.0, 20105.0, 20063.0, 20091.0, 20069.0, 20308.0, 20203.0, 20174.0, 20155.0, 20080.0, 20091.0, 20078.0, 20039.0, 20037.0, 20059.0, 20111.0, 20046.0, 20064.0, 20047.0, 20081.0, 20033.0, 20077.0, 20110.0, 20080.0, 20070.0, 20067.0, 20057.0, 20061.0, 20029.0, 20063.0, 20064.0, 20009.0, 20050.0, 20037.0, 20038.0, 20002.0, 20034.0, 20079.0, 20046.0, 20037.0, 20053.0, 20024.0, 20030.0, 20039.0, 20032.0, 20015.0, 20053.0, 20034.0, 20044.0, 20027.0, 20023.0, 20062.0, 20023.0, 20053.0, 20094.0, 20045.0, 20062.0, 20070.0, 20047.0, 20031.0, 20056.0, 20113.0, 20073.0, 20063.0, 20069.0, 20101.0, 20026.0, 20007.0, 19966.0, 19996.0, 20004.0, 20005.0, 20014.0, 19967.0, 19978.0, 19967.0, 19997.0, 19996.0, 19978.0, 20034.0, 20004.0, 20027.0, 19990.0, 20008.0, 20012.0, 20035.0, 20011.0, 20032.0, 20030.0, 20016.0, 20048.0, 19995.0, 19991.0, 20039.0, 20007.0, 20030.0, 20025.0, 20033.0, 20026.0, 19993.0, 19995.0, 19988.0, 19938.0, 19994.0, 20008.0, 19958.0, 20001.0, 20018.0, 20004.0, 20028.0, 19969.0, 19974.0, 20012.0, 19984.0, 20068.0, 20208.0, 20225.0, 20174.0, 20104.0, 20071.0, 20005.0, 20000.0, 20001.0, 19997.0, 20021.0, 19999.0, 19996.0, 19963.0, 19971.0, 20002.0, 20041.0, 19982.0, 20041.0, 19999.0, 20049.0, 19998.0, 20041.0, 19935.0, 19950.0, 19998.0, 20043.0, 20017.0, 20021.0, 20012.0, 20048.0, 20014.0, 20021.0, 19945.0, 20004.0, 19941.0, 19992.0, 19947.0, 19957.0, 19954.0, 20005.0, 19987.0, 20009.0, 20024.0, 20086.0, 20033.0, 20063.0, 19998.0, 20006.0, 19999.0, 20029.0, 20002.0, 20028.0, 20042.0, 20033.0, 20010.0, 20036.0, 19999.0, 20012.0, 19988.0, 19981.0, 20052.0, 19990.0, 19996.0, 19992.0, 19972.0, 19980.0, 19969.0, 19936.0, 19975.0, 19974.0, 20012.0, 19988.0, 19996.0, 19949.0, 19953.0, 20019.0, 19975.0, 19978.0, 19951.0, 20004.0, 20002.0, 19992.0, 20013.0, 20022.0, 20029.0, 19976.0, 20029.0, 20012.0, 19963.0, 20025.0, 19998.0, 19982.0, 19982.0, 19979.0, 20042.0, 19956.0, 19970.0, 19969.0, 19922.0, 19941.0, 19946.0, 19924.0, 19975.0, 19993.0, 19940.0, 20030.0, 19948.0, 19958.0, 19983.0, 19963.0, 19958.0, 19951.0, 19965.0, 19991.0, 19940.0, 19978.0, 20028.0, 19950.0, 19968.0, 19968.0, 20007.0, 19978.0, 20002.0, 19964.0, 19942.0, 19967.0, 19988.0, 19939.0, 19915.0, 19975.0, 19926.0, 19906.0, 19849.0, 19906.0, 19878.0, 19873.0, 19943.0, 19902.0, 19947.0, 19962.0, 19908.0, 19907.0, 19879.0, 19897.0, 19939.0, 19911.0, 19953.0, 19956.0, 19928.0, 19968.0, 19959.0, 19973.0, 19951.0, 19959.0, 19935.0, 19978.0, 19947.0, 19951.0, 19928.0, 19935.0, 19907.0, 19866.0, 19934.0, 19972.0, 19949.0, 19988.0, 20003.0, 19949.0, 19926.0, 19951.0, 19970.0, 19900.0, 19924.0, 19938.0, 19992.0, 19943.0, 19915.0, 19948.0, 19912.0, 19955.0, 19919.0, 19907.0, 19955.0, 19952.0, 19957.0, 19926.0, 19911.0, 19954.0, 19911.0, 19901.0, 19958.0, 19917.0, 19954.0, 19928.0, 19937.0, 19963.0, 19938.0, 19966.0, 19910.0, 19931.0, 19972.0, 19893.0, 19922.0, 19958.0, 19954.0, 19987.0, 19923.0, 19901.0, 19902.0, 19920.0, 19927.0, 19912.0, 19937.0, 19981.0, 19959.0, 19934.0, 19925.0, 19900.0, 19966.0, 19916.0, 19918.0, 19957.0, 19940.0, 19946.0, 19897.0, 19898.0, 19917.0, 19900.0, 19942.0, 19940.0, 19920.0, 19913.0, 19906.0, 19942.0, 19922.0, 19925.0, 19891.0, 19940.0, 19929.0, 19931.0, 19901.0, 19888.0, 19915.0, 19919.0, 19918.0, 19917.0, 19936.0, 19922.0, 19974.0, 19954.0, 19964.0, 19946.0, 19897.0, 19963.0, 19940.0, 19997.0, 19934.0, 19979.0, 19904.0, 19896.0, 19985.0, 19937.0, 19946.0, 19932.0, 19904.0, 19967.0, 19924.0, 19939.0, 19891.0, 19898.0, 19882.0, 19899.0, 19925.0, 19905.0, 19936.0, 19976.0, 19911.0, 19943.0, 19917.0, 19903.0, 19962.0, 19910.0, 19935.0, 19884.0, 19903.0, 19855.0, 19906.0, 19924.0, 19889.0, 19959.0, 19943.0, 19926.0, 19929.0, 19927.0, 19940.0, 19887.0, 19931.0, 19882.0, 19929.0, 19938.0, 19865.0, 19859.0, 19939.0, 19865.0, 19891.0, 19880.0, 19922.0, 19924.0, 19898.0, 19881.0, 19867.0]}, "slices": {}}}