{"AcquisitionMatrixPE": 96, "AcquisitionNumber": 1, "AcquisitionTime": "07:33:13.895000", "BaseResolution": 96, "BodyPartExamined": "BRAIN", "ConsistencyInfo": "N4_VD11D_LATEST_20110129", "ConversionSoftware": "dcm2niix", "ConversionSoftwareVersion": "v1.0.20210317", "DeviceSerialNumber": "45239", "DwellTime": 9.2e-06, "EchoNumber": 2, "EchoTime": 0.00738, "EchoTime1": 0.00492, "EchoTime2": 0.00738, "FlipAngle": 50, "ImageOrientationPatientDICOM": [0.999003, 0.0174692, 0.0410749, 0.00946917, 0.81634, -0.577494], "ImageType": ["ORIGINAL", "PRIMARY", "P", "ND", "PHASE"], "ImagingFrequency": 123.193, "InPlanePhaseEncodingDirectionDICOM": "COL", "InstitutionAddress": "E 24th St. 100,Austin,Southmiddle,US,78712", "InstitutionName": "Univ of Texas at Austin", "InstitutionalDepartmentName": "IRC", "MRAcquisitionType": "2D", "MagneticFieldStrength": 3, "Manufacturer": "Siemens", "ManufacturersModelName": "Skyra", "Modality": "MR", "PartialFourier": 1, "PatientPosition": "HFS", "PercentPhaseFOV": 100, "PercentSampling": 100, "PhaseEncodingDirection": "j-", "PhaseEncodingSteps": 96, "PhaseResolution": 1, "PixelBandwidth": 565, "ProcedureStepDescription": "Poldrack2^self-scanning", "ProtocolName": "gre_field_mapping", "PulseSequenceDetails": "%SiemensSeq%\\gre_field_mapping", "ReceiveCoilActiveElements": "HEA;HEP", "ReceiveCoilName": "Head_32", "ReconMatrixPE": 96, "RepetitionTime": 0.731, "SAR": 0.114792, "ScanningSequence": "GR", "SequenceName": "*fm2d2r", "SequenceVariant": "SP", "SeriesDescription": "gre_field_mapping", "SeriesNumber": 11, "ShimSetting": [-2799, 8079, -15450, 153, -297, 136, 183, -67], "SliceThickness": 2, "SliceTiming": [0.36719, 0, 0.375, 0.00781, 0.38281, 0.01562, 0.39844, 0.03125, 0.40625, 0.03906, 0.41406, 0.05469, 0.42969, 0.0625, 0.4375, 0.07031, 0.44531, 0.08594, 0.46094, 0.09375, 0.46875, 0.10938, 0.48438, 0.11719, 0.49219, 0.125, 0.5, 0.14062, 0.51562, 0.14844, 0.52344, 0.15625, 0.53906, 0.17188, 0.54688, 0.17969, 0.55469, 0.1875, 0.57031, 0.20312, 0.57812, 0.21094, 0.58594, 0.22656, 0.60156, 0.23438, 0.60938, 0.25, 0.625, 0.25781, 0.63281, 0.26562, 0.64062, 0.28125, 0.65625, 0.28906, 0.66406, 0.29688, 0.67969, 0.3125, 0.6875, 0.32031, 0.69531, 0.32812, 0.71094, 0.34375, 0.71875, 0.35156], "SoftwareVersions": "syngo MR D11", "SpacingBetweenSlices": 2.4, "StationName": "AWP45239", "TxRefAmp": 329.035, "dcmmeta_affine": [[-2.3934454917907715, 0.0226865503937006, 0.10468673706054688, 112.58622741699219], [-0.041853200644254684, 1.9558141231536865, -1.3855438232421875, -65.05108642578125], [0.09840855747461319, 1.383579969406128, 1.9568634033203125, -96.34838104248047], [0.0, 0.0, 0.0, 1.0]], "dcmmeta_reorient_transform": [[0.0, -1.0, 0.0, 95.0], [1.0, 0.0, 0.0, 0.0], [0.0, 0.0, -1.0, 67.0], [0.0, 0.0, 0.0, 1.0]], "dcmmeta_shape": [96, 96, 68], "dcmmeta_slice_dim": 2, "dcmmeta_version": 0.6, "global": {"const": {"AcquisitionMatrix": [96, 0, 0, 96], "AcquisitionNumber": 1, "AngioFlag": "N", "BitsAllocated": 16, "BitsStored": 12, "BodyPartExamined": "BRAIN", "Columns": 96, "EchoNumbers": 2, "EchoTime": 7.38, "EchoTrainLength": 0, "FlipAngle": 50.0, "HighBit": 11, "ImageOrientationPatient": [0.99900334478136, 0.01746916242633, 0.04107487650361, 0.00946916913154, 0.81633983748076, -0.5774942463591], "ImageType": ["ORIGINAL", "PRIMARY", "P", "ND"], "ImagedNucleus": "1H", "ImagingFrequency": 123.193464, "InPlanePhaseEncodingDirection": "COL", "MRAcquisitionType": "2D", "MagneticFieldStrength": 3.0, "Manufacturer": "SIEMENS", "ManufacturerModelName": "Skyra", "Modality": "MR", "NumberOfAverages": 1.0, "NumberOfPhaseEncodingSteps": 96, "PercentPhaseFieldOfView": 100.0, "PercentSampling": 100.0, "PerformedProcedureStepStartTime": "070830.765000", "PhotometricInterpretation": "MONOCHROME2", "PixelBandwidth": 565.0, "PixelRepresentation": 0, "PixelSpacing": [2.3958332538605, 2.3958332538605], "ProtocolName": "gre_field_mapping", "RepetitionTime": 731.0, "RescaleIntercept": -4096.0, "RescaleSlope": 2.0, "RescaleType": "US", "Rows": 96, "SAR": 0.11479245122423, "SamplesPerPixel": 1, "ScanningSequence": "GR", "SequenceName": "*fm2d2r", "SequenceVariant": "SP", "SeriesDescription": "gre_field_mapping", "SeriesNumber": 11, "SeriesTime": "073535.234000", "SliceThickness": 2.0, "SoftwareVersions": "syngo MR D11", "SpacingBetweenSlices": 2.4, "SpecificCharacterSet": "ISO_IR 100", "StudyID": "1", "StudyTime": "070830.734000", "TransmitCoilName": "Body", "VariableFlipAngleFlag": "N", "WindowCenterWidthExplanation": "Algo1", "dBdt": 0.0}, "slices": {"AcquisitionTime": ["073313.895000", "073313.530000", "073313.905000", "073313.540000", "073313.917500", "073313.550000", "073313.927500", "073313.562500", "073313.937500", "073313.572500", "073313.947500", "073313.582500", "073313.960000", "073313.595000", "073313.970000", "073313.605000", "073313.980000", "073313.615000", "073313.992500", "073313.625000", "073314.002500", "073313.637500", "073314.012500", "073313.647500", "073314.025000", "073313.657500", "073314.035000", "073313.670000", "073314.045000", "073313.680000", "073314.055000", "073313.690000", "073314.067500", "073313.702500", "073314.077500", "073313.712500", "073314.087500", "073313.722500", "073314.100000", "073313.732500", "073314.110000", "073313.745000", "073314.120000", "073313.755000", "073314.132500", "073313.765000", "073314.142500", "073313.777500", "073314.152500", "073313.787500", "073314.162500", "073313.797500", "073314.175000", "073313.810000", "073314.185000", "073313.820000", "073314.195000", "073313.830000", "073314.207500", "073313.840000", "073314.217500", "073313.852500", "073314.227500", "073313.862500", "073314.240000", "073313.872500", "073314.250000", "073313.885000"], "ContentTime": ["073535.312000", "073535.234000", "073535.328000", "073535.250000", "073535.328000", "073535.250000", "073535.328000", "073535.250000", "073535.328000", "073535.250000", "073535.328000", "073535.250000", "073535.328000", "073535.250000", "073535.343000", "073535.250000", "073535.343000", "073535.265000", "073535.343000", "073535.265000", "073535.343000", "073535.265000", "073535.343000", "073535.265000", "073535.343000", "073535.265000", "073535.343000", "073535.265000", "073535.343000", "073535.281000", "073535.343000", "073535.281000", "073535.359000", "073535.281000", "073535.359000", "073535.281000", "073535.359000", "073535.281000", "073535.359000", "073535.281000", "073535.359000", "073535.281000", "073535.359000", "073535.281000", "073535.359000", "073535.296000", "073535.375000", "073535.296000", "073535.375000", "073535.296000", "073535.375000", "073535.296000", "073535.375000", "073535.296000", "073535.375000", "073535.296000", "073535.375000", "073535.296000", "073535.375000", "073535.296000", "073535.375000", "073535.312000", "073535.390000", "073535.312000", "073535.390000", "073535.312000", "073535.390000", "073535.312000"], "CsaImage.GSWDDataType": ["predicted", "predicted", "predicted", "predicted", "predicted", "predicted", "predicted", "predicted", "predicted", "predicted", "predicted", "predicted", "predicted", "predicted", "predicted", "predicted", "predicted", "predicted", "measured", "predicted", "measured", "predicted", "measured", "predicted", "measured", "predicted", "measured", "predicted", "measured", "predicted", "measured", "predicted", "measured", "predicted", "measured", "predicted", "measured", "predicted", "measured", "predicted", "measured", "predicted", "measured", "predicted", "measured", "predicted", "measured", "predicted", "measured", "predicted", "measured", "predicted", "measured", "predicted", "measured", "predicted", "measured", "predicted", "measured", "predicted", "measured", "predicted", "measured", "predicted", "measured", "predicted", "measured", "predicted"], "CsaImage.ICE_Dims": ["X_2_1_1_1_1_1_35_1_1_1_1_252", "X_2_1_1_1_1_1_1_1_1_2_1_252", "X_2_1_1_1_1_1_36_1_1_3_1_252", "X_2_1_1_1_1_1_2_1_1_4_1_252", "X_2_1_1_1_1_1_37_1_1_5_1_252", "X_2_1_1_1_1_1_3_1_1_6_1_252", "X_2_1_1_1_1_1_38_1_1_7_1_252", "X_2_1_1_1_1_1_4_1_1_8_1_252", "X_2_1_1_1_1_1_39_1_1_9_1_252", "X_2_1_1_1_1_1_5_1_1_10_1_252", "X_2_1_1_1_1_1_40_1_1_11_1_252", "X_2_1_1_1_1_1_6_1_1_12_1_252", "X_2_1_1_1_1_1_41_1_1_13_1_252", "X_2_1_1_1_1_1_7_1_1_14_1_252", "X_2_1_1_1_1_1_42_1_1_15_1_252", "X_2_1_1_1_1_1_8_1_1_16_1_252", "X_2_1_1_1_1_1_43_1_1_17_1_252", "X_2_1_1_1_1_1_9_1_1_18_1_252", "X_2_1_1_1_1_1_44_1_1_19_1_252", "X_2_1_1_1_1_1_10_1_1_20_1_252", "X_2_1_1_1_1_1_45_1_1_21_1_252", "X_2_1_1_1_1_1_11_1_1_22_1_252", "X_2_1_1_1_1_1_46_1_1_23_1_252", "X_2_1_1_1_1_1_12_1_1_24_1_252", "X_2_1_1_1_1_1_47_1_1_25_1_252", "X_2_1_1_1_1_1_13_1_1_26_1_252", "X_2_1_1_1_1_1_48_1_1_27_1_252", "X_2_1_1_1_1_1_14_1_1_28_1_252", "X_2_1_1_1_1_1_49_1_1_29_1_252", "X_2_1_1_1_1_1_15_1_1_30_1_252", "X_2_1_1_1_1_1_50_1_1_31_1_252", "X_2_1_1_1_1_1_16_1_1_32_1_252", "X_2_1_1_1_1_1_51_1_1_33_1_252", "X_2_1_1_1_1_1_17_1_1_34_1_252", "X_2_1_1_1_1_1_52_1_1_35_1_252", "X_2_1_1_1_1_1_18_1_1_36_1_252", "X_2_1_1_1_1_1_53_1_1_37_1_252", "X_2_1_1_1_1_1_19_1_1_38_1_252", "X_2_1_1_1_1_1_54_1_1_39_1_252", "X_2_1_1_1_1_1_20_1_1_40_1_252", "X_2_1_1_1_1_1_55_1_1_41_1_252", "X_2_1_1_1_1_1_21_1_1_42_1_252", "X_2_1_1_1_1_1_56_1_1_43_1_252", "X_2_1_1_1_1_1_22_1_1_44_1_252", "X_2_1_1_1_1_1_57_1_1_45_1_252", "X_2_1_1_1_1_1_23_1_1_46_1_252", "X_2_1_1_1_1_1_58_1_1_47_1_252", "X_2_1_1_1_1_1_24_1_1_48_1_252", "X_2_1_1_1_1_1_59_1_1_49_1_252", "X_2_1_1_1_1_1_25_1_1_50_1_252", "X_2_1_1_1_1_1_60_1_1_51_1_252", "X_2_1_1_1_1_1_26_1_1_52_1_252", "X_2_1_1_1_1_1_61_1_1_53_1_252", "X_2_1_1_1_1_1_27_1_1_54_1_252", "X_2_1_1_1_1_1_62_1_1_55_1_252", "X_2_1_1_1_1_1_28_1_1_56_1_252", "X_2_1_1_1_1_1_63_1_1_57_1_252", "X_2_1_1_1_1_1_29_1_1_58_1_252", "X_2_1_1_1_1_1_64_1_1_59_1_252", "X_2_1_1_1_1_1_30_1_1_60_1_252", "X_2_1_1_1_1_1_65_1_1_61_1_252", "X_2_1_1_1_1_1_31_1_1_62_1_252", "X_2_1_1_1_1_1_66_1_1_63_1_252", "X_2_1_1_1_1_1_32_1_1_64_1_252", "X_2_1_1_1_1_1_67_1_1_65_1_252", "X_2_1_1_1_1_1_33_1_1_66_1_252", "X_2_1_1_1_1_1_68_1_1_67_1_252", "X_2_1_1_1_1_1_34_1_1_68_1_252"], "CsaImage.ProtocolSliceNumber": [0, 1, 2, 3, 4, 5, 6, 7, 8, 9, 10, 11, 12, 13, 14, 15, 16, 17, 18, 19, 20, 21, 22, 23, 24, 25, 26, 27, 28, 29, 30, 31, 32, 33, 34, 35, 36, 37, 38, 39, 40, 41, 42, 43, 44, 45, 46, 47, 48, 49, 50, 51, 52, 53, 54, 55, 56, 57, 58, 59, 60, 61, 62, 63, 64, 65, 66, 67], "CsaImage.RFSWDDataType": ["predicted", "predicted", "predicted", "predicted", "predicted", "predicted", "predicted", "predicted", "predicted", "predicted", "predicted", "predicted", "predicted", "predicted", "measured", "predicted", "measured", "predicted", "measured", "predicted", "measured", "predicted", "measured", "predicted", "measured", "predicted", "measured", "predicted", "measured", "predicted", "measured", "predicted", "measured", "predicted", "measured", "predicted", "measured", "predicted", "measured", "predicted", "measured", "predicted", "measured", "predicted", "measured", "predicted", "measured", "predicted", "measured", "predicted", "measured", "predicted", "measured", "predicted", "measured", "predicted", "measured", "predicted", "measured", "predicted", "measured", "predicted", "measured", "predicted", "measured", "predicted", "measured", "predicted"], "CsaImage.SlicePosition_PCS": [[-114.74146527, -120.75088581, 35.09154771], [-114.84615177, -119.36534771, 37.04841302], [-114.95083827, -117.97980961, 39.00527833], [-115.05552483, -116.59427151, 40.96214555], [-115.16021138, -115.20873341, 42.91901086], [-115.26489788, -113.82319531, 44.87587617], [-115.36958444, -112.43765721, 46.83274243], [-115.47427094, -111.05211815, 48.7896087], [-115.57895747, -109.66658005, 50.74647496], [-115.683644, -108.28104195, 52.70334027], [-115.78833054, -106.89550289, 54.66020654], [-115.89301707, -105.50996479, 56.61707232], [-115.99770359, -104.12442669, 58.57393835], [-116.10239013, -102.73888811, 60.53080426], [-116.20707665, -101.35335001, 62.48767016], [-116.3117632, -99.96781143, 64.44453619], [-116.41644973, -98.58227333, 66.40140221], [-116.52113622, -97.19673499, 68.358268], [-116.62582278, -95.81119666, 70.31513379], [-116.73050928, -94.42565831, 72.27200005], [-116.83519584, -93.04011997, 74.22886536], [-116.93988234, -91.65458187, 76.18573163], [-117.04456884, -90.26904329, 78.14259789], [-117.14925545, -88.88350519, 80.0994632], [-117.25394195, -87.49796662, 82.05633042], [-117.35862845, -86.11242851, 84.01319573], [-117.46331507, -84.72689041, 85.97006104], [-117.56800157, -83.34135136, 87.92692826], [-117.67268807, -81.95581326, 89.88379357], [-117.77737457, -80.57027516, 91.84065888], [-117.88206118, -79.18473705, 93.79752419], [-117.98674756, -77.79919895, 95.75439141], [-118.0914343, -76.41366085, 97.71125863], [-118.1961208, -75.02812275, 99.66812203], [-118.3008073, -73.64258274, 101.62498925], [-118.4054938, -72.25704464, 103.58185647], [-118.51018029, -70.87150654, 105.53871987], [-118.61486679, -69.48596844, 107.49558709], [-118.71955329, -68.10043034, 109.45245431], [-118.82423979, -66.71489224, 111.40931771], [-118.92892653, -65.32935414, 113.36618493], [-119.03361303, -63.94381603, 115.32305215], [-119.13829952, -62.55827793, 117.27991555], [-119.24298602, -61.17273792, 119.23678277], [-119.34767252, -59.78720173, 121.19364999], [-119.45235902, -58.40166172, 123.15051339], [-119.55704552, -57.01612553, 125.10738061], [-119.66173202, -55.63058552, 127.06424783], [-119.76641875, -54.24504551, 129.02111123], [-119.87110525, -52.85950932, 130.97797463], [-119.97579151, -51.47396931, 132.93484567], [-120.08047825, -50.08843311, 134.89170907], [-120.18516499, -48.70289311, 136.84857247], [-120.28985125, -47.31735691, 138.8054435], [-120.39453799, -45.9318169, 140.76230691], [-120.49922425, -44.54628071, 142.71917031], [-120.60391098, -43.1607407, 144.67604134], [-120.70859724, -41.77520069, 146.63290475], [-120.81328398, -40.3896645, 148.58976815], [-120.91797072, -39.00412449, 150.54663918], [-121.02265698, -37.6185883, 152.50350259], [-121.12734371, -36.23304829, 154.46036599], [-121.23202997, -34.84751209, 156.41723702], [-121.33671671, -33.46197209, 158.37410043], [-121.44140297, -32.07643589, 160.33096383], [-121.54608971, -30.69089588, 162.28783486], [-121.65077597, -29.30535969, 164.24469827], [-121.75546271, -27.91981587, 166.20156167]], "CsaImage.TimeAfterStart": [1.0975, 0.7325, 1.11, 0.7425, 1.12, 0.755, 1.13, 0.765, 1.1425, 0.775, 1.1525, 0.7875, 1.1625, 0.7975, 1.1725, 0.8075, 1.185, 0.82, 1.195, 0.83, 1.205, 0.84, 1.2175, 0.85, 1.2275, 0.8625, 1.2375, 0.8725, 1.25, 0.8825, 1.26, 0.895, 1.27, 0.905, 1.28, 0.915, 1.2925, 0.9275, 1.3025, 0.9375, 1.3125, 0.9475, 1.325, 0.9575, 1.335, 0.97, 1.345, 0.98, 1.3575, 0.99, 1.3675, 1.0025, 1.3775, 1.0125, 1.3875, 1.0225, 1.4, 1.035, 1.41, 1.045, 1.42, 1.055, 1.4325, 1.065, 1.4425, 1.0775, 1.4525, 1.0875], "ImagePositionPatient": [[-114.74146527025, -120.75088581249, 35.091547706952], [-114.84615176889, -119.3653477113, 37.048413017621], [-114.95083826753, -117.9798096101, 39.00527832829], [-115.05552482578, -116.5942715089, 40.962145546307], [-115.16021138402, -115.20873340771, 42.919010856976], [-115.26489788267, -113.82319530651, 44.875876167645], [-115.36958444091, -112.43765720531, 46.832742431989], [-115.47427093955, -111.05211815044, 48.789608696332], [-115.578957468, -109.66658004925, 50.746474960675], [-115.68364399644, -108.28104194805, 52.703340271344], [-115.78833053979, -106.89550289318, 54.660206535687], [-115.89301706823, -105.50996479198, 56.617072323193], [-115.99770359481, -104.12442669079, 58.573938349118], [-116.10239012512, -102.73888811275, 60.530804255833], [-116.20707665357, -101.35335001156, 62.487670162549], [-116.31176319691, -99.967811433525, 64.444536188474], [-116.41644972536, -98.582273332329, 66.401402214398], [-116.521136224, -97.196734992714, 68.358268001904], [-116.62582278224, -95.811196660549, 70.31513378941], [-116.73050928089, -94.425658313484, 72.272000053754], [-116.83519583913, -93.040119973869, 74.228865364423], [-116.93988233777, -91.654581872673, 76.185731628766], [-117.04456883642, -90.269043294639, 78.142597893109], [-117.14925545427, -88.883505193443, 80.099463203778], [-117.25394195291, -87.49796661541, 82.056330421796], [-117.35862845155, -86.112428514213, 84.013195732465], [-117.4633150694, -84.726890413017, 85.970061043134], [-117.56800156805, -83.341351358147, 87.926928261151], [-117.67268806669, -81.95581325695, 89.88379357182], [-117.77737456533, -80.570275155754, 91.840658882489], [-117.88206118318, -79.184737054558, 93.797524193158], [-117.98674756261, -77.799198953361, 95.754391411176], [-118.09143429967, -76.413660852165, 97.711258629193], [-118.19612079832, -75.028122750969, 99.668122032513], [-118.30080729696, -73.642582742424, 101.62498925053], [-118.4054937956, -72.257044641228, 103.58185646855], [-118.51018029424, -70.871506540031, 105.53871987187], [-118.61486679288, -69.485968438835, 107.49558708989], [-118.71955329153, -68.100430337639, 109.4524543079], [-118.82423979017, -66.714892236442, 111.40931771122], [-118.92892652723, -65.329354135246, 113.36618492924], [-119.03361302587, -63.94381603405, 115.32305214726], [-119.13829952451, -62.558277932854, 117.27991555058], [-119.24298602315, -61.172737924309, 119.2367827686], [-119.3476725218, -59.787201730461, 121.19364998661], [-119.45235902044, -58.401661721916, 123.15051338994], [-119.55704551908, -57.016125528068, 125.10738060795], [-119.66173201772, -55.630585519523, 127.06424782597], [-119.76641875478, -54.245045510979, 129.02111122929], [-119.87110525342, -52.859509317131, 130.97797463261], [-119.97579151365, -51.473969308586, 132.93484566533], [-120.08047825071, -50.088433114738, 134.89170906865], [-120.18516498777, -48.702893106193, 136.84857247197], [-120.28985124799, -47.317356912346, 138.80544350468], [-120.39453798505, -45.931816903801, 140.762306908], [-120.49922424528, -44.546280709953, 142.71917031132], [-120.60391098234, -43.160740701408, 144.67604134404], [-120.70859724256, -41.775200692863, 146.63290474736], [-120.81328397962, -40.389664499016, 148.58976815068], [-120.91797071668, -39.004124490471, 150.54663918339], [-121.0226569769, -37.618588296623, 152.50350258671], [-121.12734371396, -36.233048288078, 154.46036599003], [-121.23202997419, -34.847512094231, 156.41723702275], [-121.33671671125, -33.461972085686, 158.37410042607], [-121.44140297147, -32.076435891838, 160.33096382939], [-121.54608970853, -30.690895883293, 162.2878348621], [-121.65077596876, -29.305359689445, 164.24469826542], [-121.75546270582, -27.919815866203, 166.20156166874]], "InstanceCreationTime": ["073535.312000", "073535.234000", "073535.328000", "073535.250000", "073535.328000", "073535.250000", "073535.328000", "073535.250000", "073535.328000", "073535.250000", "073535.328000", "073535.250000", "073535.328000", "073535.250000", "073535.343000", "073535.250000", "073535.343000", "073535.265000", "073535.343000", "073535.265000", "073535.343000", "073535.265000", "073535.343000", "073535.265000", "073535.343000", "073535.265000", "073535.343000", "073535.265000", "073535.343000", "073535.281000", "073535.343000", "073535.281000", "073535.359000", "073535.281000", "073535.359000", "073535.281000", "073535.359000", "073535.281000", "073535.359000", "073535.281000", "073535.359000", "073535.281000", "073535.359000", "073535.281000", "073535.359000", "073535.296000", "073535.375000", "073535.296000", "073535.375000", "073535.296000", "073535.375000", "073535.296000", "073535.375000", "073535.296000", "073535.375000", "073535.296000", "073535.375000", "073535.296000", "073535.375000", "073535.296000", "073535.375000", "073535.312000", "073535.390000", "073535.312000", "073535.390000", "073535.312000", "073535.390000", "073535.312000"], "InstanceNumber": [1, 2, 3, 4, 5, 6, 7, 8, 9, 10, 11, 12, 13, 14, 15, 16, 17, 18, 19, 20, 21, 22, 23, 24, 25, 26, 27, 28, 29, 30, 31, 32, 33, 34, 35, 36, 37, 38, 39, 40, 41, 42, 43, 44, 45, 46, 47, 48, 49, 50, 51, 52, 53, 54, 55, 56, 57, 58, 59, 60, 61, 62, 63, 64, 65, 66, 67, 68], "LargestImagePixelValue": [4093, 4093, 4094, 4094, 4094, 4094, 4094, 4094, 4093, 4094, 4092, 4093, 4094, 4093, 4093, 4094, 4093, 4094, 4094, 4091, 4093, 4090, 4094, 4094, 4094, 4091, 4093, 4090, 4094, 4086, 4093, 4090, 4093, 4094, 4094, 4091, 4093, 4094, 4092, 4093, 4093, 4086, 4093, 4094, 4083, 4094, 4094, 4091, 4091, 4093, 4093, 4093, 4093, 4093, 4094, 4094, 4092, 4094, 4094, 4094, 4093, 4094, 4094, 4094, 4093, 4092, 4094, 4093], "SliceLocation": [-36.093181063396, -33.693181701528, -31.293182339661, -28.893181420016, -26.493182055549, -24.093182693681, -21.693182551625, -19.293181861606, -16.89318172085, -14.493182357682, -12.093181665713, -9.6931819137513, -7.2931819674737, -4.8931818429504, -2.4931819937902, -0.0931817714996, 2.3068181748593, 4.7068180631619, 7.1068179497631, 9.5068182311613, 11.90681773327, 14.306817872726, 16.706818287463, 19.106817654531, 21.506818846857, 23.906818208725, 26.306817575792, 28.7068190434, 31.106818405267, 33.506817767135, 35.906817134202, 38.306818046047, 40.706818973491, 43.106816780181, 45.506818798353, 47.906819715398, 50.306817522088, 52.706818439133, 55.106819356177, 57.506817162867, 59.906818090312, 62.306819007357, 64.706816814047, 67.106818832218, 69.506818648136, 71.906817555953, 74.306817371871, 76.706819390043, 79.106818308259, 81.506815013822, 83.906820131949, 86.306816847912, 88.706815766129, 91.106818682001, 93.506817600218, 95.906814295381, 98.306819434307, 100.70681833172, 103.10681504769, 105.50682018661, 107.90681688178, 110.30681579999, 112.70681871587, 115.10681763408, 117.50681432925, 119.90681946817, 122.30681616334, 124.70681728381], "SmallestImagePixelValue": [0, 0, 0, 0, 0, 0, 0, 0, 1, 0, 0, 0, 2, 3, 1, 1, 1, 0, 0, 7, 0, 0, 2, 4, 1, 1, 1, 2, 2, 0, 0, 1, 2, 4, 2, 1, 0, 1, 2, 1, 0, 1, 5, 2, 1, 2, 1, 3, 0, 2, 0, 2, 0, 0, 0, 0, 0, 0, 0, 0, 2, 1, 3, 0, 0, 0, 0, 0], "WindowCenter": [-284.0, -304.0, -470.0, -564.0, -498.0, -468.0, -500.0, -500.0, -484.0, -620.0, -616.0, -592.0, -548.0, -542.0, -540.0, -492.0, -464.0, -436.0, -374.0, -368.0, -376.0, -356.0, -332.0, -320.0, -290.0, -328.0, -272.0, -250.0, -256.0, -274.0, -272.0, -292.0, -278.0, -238.0, -234.0, -206.0, -140.0, -130.0, -108.0, -132.0, -144.0, -190.0, -178.0, -184.0, -190.0, -210.0, -214.0, -234.0, -232.0, -232.0, -244.0, -240.0, -274.0, -282.0, -294.0, -332.0, -330.0, -298.0, -344.0, -376.0, -384.0, -454.0, -474.0, -450.0, -466.0, -422.0, -456.0, -418.0], "WindowWidth": [5944.0, 6044.0, 5086.0, 5036.0, 5066.0, 5070.0, 5004.0, 4986.0, 4934.0, 4902.0, 4788.0, 4760.0, 4702.0, 4736.0, 4720.0, 4688.0, 4606.0, 4530.0, 4452.0, 4358.0, 4292.0, 4282.0, 4226.0, 4142.0, 4012.0, 3984.0, 3946.0, 3964.0, 3940.0, 3944.0, 3964.0, 3984.0, 3986.0, 4020.0, 4056.0, 4090.0, 4140.0, 4184.0, 4200.0, 4214.0, 4200.0, 4214.0, 4226.0, 4212.0, 4244.0, 4196.0, 4254.0, 4236.0, 4292.0, 4292.0, 4290.0, 4276.0, 4308.0, 4296.0, 4350.0, 4334.0, 4420.0, 4518.0, 4558.0, 4628.0, 4750.0, 4810.0, 4858.0, 4868.0, 4954.0, 4952.0, 5024.0, 5054.0]}}}