{"AcquisitionMatrixPE": 96, "AcquisitionNumber": 1, "AcquisitionTime": "07:28:57.072500", "BandwidthPerPixelPhaseEncode": 33.602, "BaseResolution": 96, "BodyPartExamined": "BRAIN", "ConsistencyInfo": "N4_VD11D_LATEST_20110129", "ConversionSoftware": "dcm2niix", "ConversionSoftwareVersion": "v1.0.20210317", "DerivedVendorReportedEchoSpacing": 0.000620003, "DeviceSerialNumber": "45239", "DwellTime": 2.6e-06, "EchoTime": 0.03, "EchoTrainLength": 48, "EffectiveEchoSpacing": 0.000310001, "FlipAngle": 63, "ImageComments": "Unaliased MB4/PE3", "ImageOrientationPatientDICOM": [0.99846, 0.0130402, 0.0539245, 0.0184077, 0.839054, -0.543737], "ImageType": ["ORIGINAL", "PRIMARY", "M", "ND", "NORM", "MOSAIC"], "ImagingFrequency": 123.193, "InPlanePhaseEncodingDirectionDICOM": "COL", "InstitutionAddress": "E 24th St. 100,Austin,Southmiddle,US,78712", "InstitutionName": "Univ of Texas at Austin", "InstitutionalDepartmentName": "IRC", "MRAcquisitionType": "2D", "MagneticFieldStrength": 3, "Manufacturer": "Siemens", "ManufacturersModelName": "Skyra", "Modality": "MR", "MultibandAccelerationFactor": 4, "ParallelReductionFactorInPlane": 2, "PartialFourier": 1, "PatientPosition": "HFS", "PercentPhaseFOV": 100, "PercentSampling": 100, "PhaseEncodingDirection": "j-", "PhaseEncodingSteps": 96, "PhaseResolution": 1, "PixelBandwidth": 2005, "ProcedureStepDescription": "Poldrack2^self-scanning", "ProtocolName": "Resting State fMRI MBEPI_matrix96_BW2004", "PulseSequenceDetails": "%CustomerSeq%\\cmrr_mbep2d_bold", "ReceiveCoilActiveElements": "HEA;HEP", "ReceiveCoilName": "Head_32", "ReconMatrixPE": 96, "RefLinesPE": 94, "RepetitionTime": 1.16, "SAR": 0.105863, "ScanOptions": "FS", "ScanningSequence": "EP", "SequenceName": "epfid2d1_96", "SequenceVariant": "SK", "SeriesDescription": "Resting State fMRI MBEPI_matrix96_BW2004", "SeriesNumber": 9, "ShimSetting": [-2783, 8040, -15456, 159, -235, 74, 182, -94], "SliceThickness": 2, "SliceTiming": [0, 0.615, 0.0675, 0.6825, 0.1375, 0.75, 0.205, 0.82, 0.2725, 0.8875, 0.3425, 0.955, 0.41, 1.0225, 0.4775, 1.0925, 0.545, 0, 0.615, 0.0675, 0.6825, 0.1375, 0.75, 0.205, 0.82, 0.2725, 0.8875, 0.3425, 0.955, 0.41, 1.0225, 0.4775, 1.0925, 0.545, 0, 0.615, 0.0675, 0.6825, 0.1375, 0.75, 0.205, 0.82, 0.2725, 0.8875, 0.3425, 0.955, 0.41, 1.0225, 0.4775, 1.0925, 0.545, 0, 0.615, 0.0675, 0.6825, 0.1375, 0.75, 0.205, 0.82, 0.2725, 0.8875, 0.3425, 0.955, 0.41, 1.0225, 0.4775, 1.0925, 0.545], "SoftwareVersions": "syngo MR D11", "SpacingBetweenSlices": 2.4, "StationName": "AWP45239", "TaskName": "Resting fmri", "TotalReadoutTime": 0.0294501, "TxRefAmp": 342.459, "WipMemBlock": "f0f943b3-7d2d-44b2-a27d-20a539f7a7ad||Sequence: VD11D r154; May 23 2012 22:27:19 by eja", "dcmmeta_affine": [[-2.3921432495117188, 0.0441017746925354, 0.12560629844665527, 110.75933837890625], [-0.03124210610985756, 2.0102322101593018, -1.3053423166275024, -62.78245162963867], [0.12919406592845917, 1.3027042150497437, 2.0100507736206055, -88.1107406616211], [0.0, 0.0, 0.0, 1.0]], "dcmmeta_reorient_transform": [[0.0, -1.0, 0.0, 95.0], [1.0, 0.0, 0.0, 0.0], [0.0, 0.0, 1.0, 0.0], [0.0, 0.0, 0.0, 1.0]], "dcmmeta_shape": [96, 96, 68, 518], "dcmmeta_slice_dim": 2, "dcmmeta_version": 0.6, "global": {"const": {"AcquisitionMatrix": [96, 0, 0, 96], "AngioFlag": "N", "BitsAllocated": 16, "BitsStored": 16, "BodyPartExamined": "BRAIN", "Columns": 864, "EchoNumbers": 1, "EchoTime": 30.0, "EchoTrainLength": 48, "FlipAngle": 63.0, "HighBit": 15, "ImageOrientationPatient": [0.99845986600368, 0.01304018350841, 0.05392448047028, 0.01840769710268, 0.83905349414137, -0.5437374280446], "ImagePositionPatient": [-1050.4671368689, -912.11577011552, 486.27405283781], "ImageType": ["ORIGINAL", "PRIMARY", "M", "ND", "NORM", "MOSAIC"], "ImagedNucleus": "1H", "ImagingFrequency": 123.19337, "InPlanePhaseEncodingDirection": "COL", "MRAcquisitionType": "2D", "MagneticFieldStrength": 3.0, "Manufacturer": "SIEMENS", "ManufacturerModelName": "Skyra", "Modality": "MR", "NumberOfAverages": 1.0, "NumberOfPhaseEncodingSteps": 96, "PercentPhaseFieldOfView": 100.0, "PercentSampling": 100.0, "PerformedProcedureStepStartTime": "070939.265000", "PhotometricInterpretation": "MONOCHROME2", "PixelBandwidth": 2005.0, "PixelRepresentation": 0, "PixelSpacing": [2.3958332538605, 2.3958332538605], "ProtocolName": "Resting State fMRI MBEPI_matrix96_BW2004", "RepetitionTime": 1160.0, "Rows": 864, "SAR": 0.10586291244013, "SamplesPerPixel": 1, "ScanOptions": "FS", "ScanningSequence": "EP", "SequenceName": "epfid2d1_96", "SequenceVariant": "SK", "SeriesDescription": "Resting State fMRI MBEPI_matrix96_BW2004", "SeriesNumber": 9, "SeriesTime": "072942.968000", "SliceLocation": -33.851006862039, "SliceThickness": 2.0, "SmallestImagePixelValue": 0, "SoftwareVersions": "syngo MR D11", "SpacingBetweenSlices": 2.3999999415452, "SpecificCharacterSet": "ISO_IR 100", "StudyID": "1", "StudyTime": "070938.906000", "TransmitCoilName": "Body", "VariableFlipAngleFlag": "N", "WindowCenterWidthExplanation": "Algo1", "dBdt": 0.0}, "slices": {}}, "time": {"samples": {"AcquisitionNumber": [1, 2, 3, 4, 5, 6, 7, 8, 9, 10, 11, 12, 13, 14, 15, 16, 17, 18, 19, 20, 21, 22, 23, 24, 25, 26, 27, 28, 29, 30, 31, 32, 33, 34, 35, 36, 37, 38, 39, 40, 41, 42, 43, 44, 45, 46, 47, 48, 49, 50, 51, 52, 53, 54, 55, 56, 57, 58, 59, 60, 61, 62, 63, 64, 65, 66, 67, 68, 69, 70, 71, 72, 73, 74, 75, 76, 77, 78, 79, 80, 81, 82, 83, 84, 85, 86, 87, 88, 89, 90, 91, 92, 93, 94, 95, 96, 97, 98, 99, 100, 101, 102, 103, 104, 105, 106, 107, 108, 109, 110, 111, 112, 113, 114, 115, 116, 117, 118, 119, 120, 121, 122, 123, 124, 125, 126, 127, 128, 129, 130, 131, 132, 133, 134, 135, 136, 137, 138, 139, 140, 141, 142, 143, 144, 145, 146, 147, 148, 149, 150, 151, 152, 153, 154, 155, 156, 157, 158, 159, 160, 161, 162, 163, 164, 165, 166, 167, 168, 169, 170, 171, 172, 173, 174, 175, 176, 177, 178, 179, 180, 181, 182, 183, 184, 185, 186, 187, 188, 189, 190, 191, 192, 193, 194, 195, 196, 197, 198, 199, 200, 201, 202, 203, 204, 205, 206, 207, 208, 209, 210, 211, 212, 213, 214, 215, 216, 217, 218, 219, 220, 221, 222, 223, 224, 225, 226, 227, 228, 229, 230, 231, 232, 233, 234, 235, 236, 237, 238, 239, 240, 241, 242, 243, 244, 245, 246, 247, 248, 249, 250, 251, 252, 253, 254, 255, 256, 257, 258, 259, 260, 261, 262, 263, 264, 265, 266, 267, 268, 269, 270, 271, 272, 273, 274, 275, 276, 277, 278, 279, 280, 281, 282, 283, 284, 285, 286, 287, 288, 289, 290, 291, 292, 293, 294, 295, 296, 297, 298, 299, 300, 301, 302, 303, 304, 305, 306, 307, 308, 309, 310, 311, 312, 313, 314, 315, 316, 317, 318, 319, 320, 321, 322, 323, 324, 325, 326, 327, 328, 329, 330, 331, 332, 333, 334, 335, 336, 337, 338, 339, 340, 341, 342, 343, 344, 345, 346, 347, 348, 349, 350, 351, 352, 353, 354, 355, 356, 357, 358, 359, 360, 361, 362, 363, 364, 365, 366, 367, 368, 369, 370, 371, 372, 373, 374, 375, 376, 377, 378, 379, 380, 381, 382, 383, 384, 385, 386, 387, 388, 389, 390, 391, 392, 393, 394, 395, 396, 397, 398, 399, 400, 401, 402, 403, 404, 405, 406, 407, 408, 409, 410, 411, 412, 413, 414, 415, 416, 417, 418, 419, 420, 421, 422, 423, 424, 425, 426, 427, 428, 429, 430, 431, 432, 433, 434, 435, 436, 437, 438, 439, 440, 441, 442, 443, 444, 445, 446, 447, 448, 449, 450, 451, 452, 453, 454, 455, 456, 457, 458, 459, 460, 461, 462, 463, 464, 465, 466, 467, 468, 469, 470, 471, 472, 473, 474, 475, 476, 477, 478, 479, 480, 481, 482, 483, 484, 485, 486, 487, 488, 489, 490, 491, 492, 493, 494, 495, 496, 497, 498, 499, 500, 501, 502, 503, 504, 505, 506, 507, 508, 509, 510, 511, 512, 513, 514, 515, 516, 517, 518], "AcquisitionTime": ["072857.072500", "072926.072500", "072927.232500", "072928.392500", "072929.552500", "072930.712500", "072931.872500", "072933.032500", "072934.192500", "072935.352500", "072936.512500", "072937.672500", "072938.832500", "072939.992500", "072941.152500", "072942.312500", "072943.472500", "072944.632500", "072945.792500", "072946.952500", "072948.112500", "072949.272500", "072950.432500", "072951.592500", "072952.752500", "072953.912500", "072955.072500", "072956.232500", "072957.392500", "072958.552500", "072959.712500", "073000.872500", "073002.032500", "073003.192500", "073004.352500", "073005.512500", "073006.672500", "073007.832500", "073008.992500", "073010.152500", "073011.312500", "073012.472500", "073013.632500", "073014.792500", "073015.952500", "073017.112500", "073018.272500", "073019.432500", "073020.592500", "073021.752500", "073022.912500", "073024.072500", "073025.232500", "073026.392500", "073027.552500", "073028.712500", "073029.872500", "073031.032500", "073032.192500", "073033.352500", "073034.512500", "073035.672500", "073036.832500", "073037.992500", "073039.152500", "073040.312500", "073041.472500", "073042.632500", "073043.792500", "073044.952500", "073046.112500", "073047.272500", "073048.432500", "073049.592500", "073050.752500", "073051.912500", "073053.072500", "073054.232500", "073055.392500", "073056.552500", "073057.712500", "073058.872500", "073100.032500", "073101.192500", "073102.352500", "073103.512500", "073104.672500", "073105.832500", "073106.992500", "073108.152500", "073109.312500", "073110.472500", "073111.632500", "073112.792500", "073113.952500", "073115.112500", "073116.272500", "073117.432500", "073118.592500", "073119.752500", "073120.912500", "073122.072500", "073123.232500", "073124.392500", "073125.552500", "073126.712500", "073127.872500", "073129.032500", "073130.192500", "073131.352500", "073132.512500", "073133.672500", "073134.832500", "073135.992500", "073137.152500", "073138.312500", "073139.472500", "073140.632500", "073141.792500", "073142.952500", "073144.112500", "073145.272500", "073146.432500", "073147.592500", "073148.752500", "073149.912500", "073151.072500", "073152.232500", "073153.392500", "073154.552500", "073155.712500", "073156.872500", "073158.032500", "073159.192500", "073200.352500", "073201.512500", "073202.672500", "073203.832500", "073204.992500", "073206.152500", "073207.312500", "073208.472500", "073209.632500", "073210.792500", "073211.952500", "073213.112500", "073214.272500", "073215.432500", "073216.592500", "073217.752500", "073218.912500", "073220.072500", "073221.232500", "073222.392500", "073223.552500", "073224.712500", "073225.872500", "073227.032500", "073228.192500", "073229.352500", "073230.512500", "073231.672500", "073232.832500", "073233.992500", "073235.152500", "073236.312500", "073237.472500", "073238.632500", "073239.792500", "073240.952500", "073242.112500", "073243.272500", "073244.432500", "073245.592500", "073246.752500", "073247.912500", "073249.072500", "073250.232500", "073251.392500", "073252.552500", "073253.712500", "073254.872500", "073256.032500", "073257.192500", "073258.352500", "073259.512500", "073300.672500", "073301.832500", "073302.992500", "073304.152500", "073305.312500", "073306.472500", "073307.632500", "073308.792500", "073309.952500", "073311.112500", "073312.272500", "073313.432500", "073314.592500", "073315.752500", "073316.912500", "073318.072500", "073319.232500", "073320.392500", "073321.552500", "073322.712500", "073323.872500", "073325.032500", "073326.192500", "073327.352500", "073328.512500", "073329.672500", "073330.832500", "073331.992500", "073333.152500", "073334.312500", "073335.472500", "073336.632500", "073337.792500", "073338.952500", "073340.112500", "073341.272500", "073342.432500", "073343.592500", "073344.752500", "073345.912500", "073347.072500", "073348.232500", "073349.392500", "073350.552500", "073351.712500", "073352.872500", "073354.032500", "073355.192500", "073356.352500", "073357.512500", "073358.672500", "073359.832500", "073400.992500", "073402.152500", "073403.312500", "073404.472500", "073405.632500", "073406.792500", "073407.952500", "073409.112500", "073410.272500", "073411.432500", "073412.592500", "073413.752500", "073414.912500", "073416.072500", "073417.232500", "073418.392500", "073419.552500", "073420.712500", "073421.872500", "073423.032500", "073424.192500", "073425.352500", "073426.512500", "073427.672500", "073428.832500", "073429.992500", "073431.152500", "073432.312500", "073433.472500", "073434.632500", "073435.792500", "073436.952500", "073438.112500", "073439.272500", "073440.432500", "073441.592500", "073442.752500", "073443.912500", "073445.072500", "073446.232500", "073447.392500", "073448.552500", "073449.712500", "073450.872500", "073452.032500", "073453.192500", "073454.352500", "073455.512500", "073456.672500", "073457.832500", "073458.992500", "073500.152500", "073501.312500", "073502.472500", "073503.632500", "073504.792500", "073505.952500", "073507.112500", "073508.272500", "073509.432500", "073510.592500", "073511.752500", "073512.912500", "073514.072500", "073515.232500", "073516.392500", "073517.552500", "073518.712500", "073519.872500", "073521.032500", "073522.192500", "073523.352500", "073524.512500", "073525.672500", "073526.832500", "073527.992500", "073529.152500", "073530.312500", "073531.472500", "073532.632500", "073533.792500", "073534.952500", "073536.112500", "073537.272500", "073538.432500", "073539.592500", "073540.752500", "073541.912500", "073543.072500", "073544.232500", "073545.392500", "073546.552500", "073547.712500", "073548.872500", "073550.032500", "073551.192500", "073552.352500", "073553.512500", "073554.672500", "073555.832500", "073556.992500", "073558.152500", "073559.312500", "073600.472500", "073601.632500", "073602.792500", "073603.952500", "073605.112500", "073606.272500", "073607.432500", "073608.592500", "073609.752500", "073610.912500", "073612.072500", "073613.232500", "073614.392500", "073615.552500", "073616.712500", "073617.872500", "073619.032500", "073620.192500", "073621.352500", "073622.512500", "073623.672500", "073624.832500", "073625.992500", "073627.152500", "073628.312500", "073629.472500", "073630.632500", "073631.792500", "073632.952500", "073634.112500", "073635.272500", "073636.432500", "073637.592500", "073638.752500", "073639.912500", "073641.072500", "073642.232500", "073643.392500", "073644.552500", "073645.712500", "073646.872500", "073648.032500", "073649.192500", "073650.352500", "073651.512500", "073652.672500", "073653.832500", "073654.992500", "073656.152500", "073657.312500", "073658.472500", "073659.632500", "073700.792500", "073701.952500", "073703.112500", "073704.272500", "073705.432500", "073706.592500", "073707.752500", "073708.912500", "073710.072500", "073711.232500", "073712.392500", "073713.552500", "073714.712500", "073715.872500", "073717.032500", "073718.192500", "073719.352500", "073720.512500", "073721.672500", "073722.832500", "073723.992500", "073725.152500", "073726.312500", "073727.472500", "073728.632500", "073729.792500", "073730.952500", "073732.112500", "073733.272500", "073734.432500", "073735.592500", "073736.752500", "073737.912500", "073739.072500", "073740.232500", "073741.392500", "073742.552500", "073743.712500", "073744.872500", "073746.032500", "073747.192500", "073748.352500", "073749.512500", "073750.672500", "073751.832500", "073752.992500", "073754.152500", "073755.312500", "073756.472500", "073757.632500", "073758.792500", "073759.952500", "073801.112500", "073802.272500", "073803.432500", "073804.592500", "073805.752500", "073806.912500", "073808.072500", "073809.232500", "073810.392500", "073811.552500", "073812.712500", "073813.872500", "073815.032500", "073816.192500", "073817.352500", "073818.512500", "073819.672500", "073820.832500", "073821.992500", "073823.152500", "073824.312500", "073825.472500", "073826.632500", "073827.792500", "073828.952500", "073830.112500", "073831.272500", "073832.432500", "073833.592500", "073834.752500", "073835.912500", "073837.072500", "073838.232500", "073839.392500", "073840.552500", "073841.712500", "073842.872500", "073844.032500", "073845.192500", "073846.352500", "073847.512500", "073848.672500", "073849.832500", "073850.992500", "073852.152500", "073853.312500", "073854.472500", "073855.632500", "073856.792500", "073857.952500", "073859.112500", "073900.272500", "073901.432500", "073902.592500", "073903.752500", "073904.912500", "073906.072500", "073907.232500", "073908.392500", "073909.552500", "073910.712500", "073911.872500", "073913.032500", "073914.192500", "073915.352500", "073916.512500", "073917.672500", "073918.832500", "073919.992500", "073921.152500", "073922.312500", "073923.472500", "073924.632500"], "ContentTime": ["072942.968000", "072948.843000", "072948.843000", "072948.843000", "072948.859000", "072953.843000", "072953.843000", "072958.843000", "072958.843000", "072958.843000", "073003.843000", "073003.843000", "073008.843000", "073008.843000", "073008.843000", "073013.843000", "073013.843000", "073018.843000", "073018.843000", "073018.843000", "073023.843000", "073023.843000", "073028.843000", "073028.843000", "073028.843000", "073033.843000", "073033.859000", "073038.843000", "073038.843000", "073038.843000", "073043.843000", "073043.843000", "073048.843000", "073048.843000", "073048.843000", "073053.843000", "073053.843000", "073058.843000", "073058.859000", "073058.859000", "073103.843000", "073103.843000", "073108.843000", "073108.843000", "073108.843000", "073113.843000", "073113.843000", "073113.859000", "073118.843000", "073118.843000", "073123.843000", "073123.843000", "073123.843000", "073128.843000", "073128.843000", "073133.843000", "073133.843000", "073133.843000", "073138.843000", "073138.843000", "073143.843000", "073143.843000", "073143.843000", "073148.843000", "073148.843000", "073153.843000", "073153.843000", "073153.843000", "073158.843000", "073158.843000", "073203.843000", "073203.859000", "073203.875000", "073208.843000", "073208.843000", "073213.843000", "073213.843000", "073213.843000", "073218.843000", "073218.843000", "073223.843000", "073223.843000", "073223.843000", "073228.843000", "073228.843000", "073233.843000", "073233.843000", "073233.843000", "073238.843000", "073238.859000", "073238.859000", "073243.843000", "073243.843000", "073248.843000", "073248.843000", "073248.843000", "073253.843000", "073253.843000", "073253.843000", "073258.843000", "073258.843000", "073303.843000", "073303.843000", "073303.843000", "073308.843000", "073308.859000", "073313.843000", "073313.843000", "073313.843000", "073318.843000", "073318.843000", "073318.843000", "073323.843000", "073323.843000", "073328.843000", "073328.843000", "073328.843000", "073333.843000", "073333.843000", "073338.843000", "073338.843000", "073338.843000", "073343.843000", "073343.843000", "073348.843000", "073348.843000", "073348.843000", "073353.843000", "073353.843000", "073358.843000", "073358.843000", "073358.859000", "073403.843000", "073403.843000", "073408.843000", "073408.843000", "073408.843000", "073413.843000", "073413.843000", "073418.843000", "073418.843000", "073418.843000", "073423.843000", "073423.843000", "073428.843000", "073428.843000", "073428.859000", "073433.843000", "073433.843000", "073433.843000", "073438.859000", "073438.859000", "073443.843000", "073443.843000", "073443.843000", "073448.843000", "073448.843000", "073453.843000", "073453.843000", "073453.843000", "073458.843000", "073458.843000", "073503.843000", "073503.843000", "073503.843000", "073508.843000", "073508.843000", "073513.843000", "073513.843000", "073513.843000", "073518.843000", "073518.843000", "073523.843000", "073523.843000", "073523.859000", "073528.843000", "073528.843000", "073533.843000", "073533.843000", "073533.843000", "073538.843000", "073538.843000", "073538.843000", "073543.843000", "073543.843000", "073548.843000", "073548.843000", "073548.843000", "073553.843000", "073553.843000", "073558.843000", "073558.843000", "073558.843000", "073603.843000", "073603.859000", "073608.843000", "073608.843000", "073608.843000", "073613.843000", "073613.843000", "073618.843000", "073618.843000", "073618.843000", "073623.843000", "073623.843000", "073628.843000", "073628.843000", "073628.843000", "073633.843000", "073633.843000", "073633.843000", "073638.843000", "073638.859000", "073643.843000", "073643.843000", "073643.843000", "073648.843000", "073648.843000", "073653.843000", "073653.843000", "073653.843000", "073658.843000", "073658.843000", "073703.843000", "073703.843000", "073703.843000", "073708.843000", "073708.843000", "073708.843000", "073713.843000", "073713.843000", "073718.843000", "073718.843000", "073723.843000", "073723.843000", "073723.843000", "073728.843000", "073728.843000", "073733.843000", "073733.843000", "073733.843000", "073738.843000", "073738.843000", "073743.843000", "073743.843000", "073743.843000", "073748.843000", "073748.843000", "073748.843000", "073753.843000", "073753.843000", "073758.843000", "073758.843000", "073803.843000", "073803.843000", "073803.843000", "073808.843000", "073808.843000", "073813.843000", "073813.843000", "073813.843000", "073818.843000", "073818.843000", "073818.859000", "073823.843000", "073823.843000", "073828.843000", "073828.843000", "073828.843000", "073833.843000", "073833.843000", "073838.843000", "073838.843000", "073838.859000", "073843.843000", "073843.843000", "073843.843000", "073848.843000", "073848.843000", "073853.843000", "073853.843000", "073853.843000", "073858.843000", "073858.843000", "073903.843000", "073903.843000", "073903.843000", "073908.843000", "073908.843000", "073913.843000", "073913.843000", "073913.843000", "073918.843000", "073918.843000", "073923.843000", "073923.843000", "073923.843000", "073928.843000", "073928.843000", "073928.843000", "073933.843000", "073933.843000", "073933.843000", "073938.843000", "073938.843000", "073943.843000", "073943.843000", "073943.843000", "073948.843000", "073948.843000", "073948.843000", "073953.843000", "073953.843000", "073953.843000", "073958.843000", "073958.859000", "074003.843000", "074003.843000", "074003.843000", "074008.843000", "074008.859000", "074008.859000", "074013.843000", "074013.843000", "074013.843000", "074018.843000", "074018.843000", "074023.859000", "074023.859000", "074023.859000", "074028.843000", "074028.843000", "074028.843000", "074033.843000", "074033.843000", "074038.843000", "074038.843000", "074038.843000", "074043.843000", "074043.843000", "074043.843000", "074048.843000", "074048.843000", "074053.843000", "074053.843000", "074053.843000", "074058.843000", "074058.843000", "074058.859000", "074103.843000", "074103.843000", "074108.843000", "074108.843000", "074108.843000", "074113.843000", "074113.843000", "074113.843000", "074118.843000", "074118.843000", "074123.843000", "074123.843000", "074123.843000", "074128.843000", "074128.843000", "074128.843000", "074133.843000", "074133.843000", "074133.843000", "074138.843000", "074138.843000", "074143.843000", "074143.843000", "074143.843000", "074148.843000", "074148.843000", "074153.843000", "074153.843000", "074153.843000", "074158.843000", "074158.843000", "074158.843000", "074203.843000", "074203.843000", "074208.843000", "074208.843000", "074208.843000", "074213.843000", "074213.843000", "074213.843000", "074218.843000", "074218.843000", "074223.843000", "074223.859000", "074223.859000", "074228.843000", "074228.843000", "074233.843000", "074233.843000", "074233.843000", "074238.843000", "074238.843000", "074238.843000", "074243.843000", "074243.843000", "074248.843000", "074248.843000", "074248.843000", "074253.843000", "074253.843000", "074253.843000", "074258.843000", "074258.843000", "074303.843000", "074303.843000", "074303.843000", "074308.843000", "074308.843000", "074308.843000", "074313.843000", "074313.843000", "074313.843000", "074318.843000", "074318.843000", "074328.843000", "074328.843000", "074328.843000", "074328.859000", "074328.859000", "074328.859000", "074333.843000", "074333.843000", "074338.843000", "074338.843000", "074338.843000", "074343.843000", "074343.843000", "074348.843000", "074348.843000", "074348.843000", "074353.843000", "074353.843000", "074353.843000", "074358.843000", "074358.843000", "074403.843000", "074403.843000", "074403.843000", "074408.843000", "074408.843000", "074413.843000", "074413.843000", "074413.843000", "074418.843000", "074418.843000", "074423.843000", "074423.843000", "074423.843000", "074428.843000", "074428.843000", "074433.843000", "074433.843000", "074433.843000", "074438.843000", "074438.843000", "074443.843000", "074443.843000", "074443.843000", "074448.843000", "074448.859000", "074453.843000", "074453.843000", "074453.843000", "074458.843000", "074458.859000", "074503.843000", "074503.843000", "074503.843000", "074508.843000", "074508.843000", "074513.843000", "074513.843000", "074513.843000", "074518.843000", "074518.843000", "074523.843000", "074523.843000", "074523.843000", "074528.843000", "074528.843000", "074533.859000", "074533.859000", "074533.859000", "074538.843000", "074538.843000", "074543.843000", "074543.843000", "074543.843000", "074548.843000", "074548.843000", "074553.843000", "074553.843000", "074553.843000", "074558.843000", "074558.843000", "074603.843000", "074603.843000", "074603.843000", "074608.843000", "074608.843000", "074613.843000", "074613.843000", "074613.843000", "074618.843000", "074618.843000", "074623.843000", "074623.859000", "074623.859000", "074625.562000"], "InstanceCreationTime": ["072942.968000", "072948.843000", "072948.843000", "072948.843000", "072948.859000", "072953.843000", "072953.843000", "072958.843000", "072958.843000", "072958.843000", "073003.843000", "073003.843000", "073008.843000", "073008.843000", "073008.843000", "073013.843000", "073013.843000", "073018.843000", "073018.843000", "073018.843000", "073023.843000", "073023.843000", "073028.843000", "073028.843000", "073028.843000", "073033.843000", "073033.859000", "073038.843000", "073038.843000", "073038.843000", "073043.843000", "073043.843000", "073048.843000", "073048.843000", "073048.843000", "073053.843000", "073053.843000", "073058.843000", "073058.859000", "073058.859000", "073103.843000", "073103.843000", "073108.843000", "073108.843000", "073108.843000", "073113.843000", "073113.843000", "073113.859000", "073118.843000", "073118.843000", "073123.843000", "073123.843000", "073123.843000", "073128.843000", "073128.843000", "073133.843000", "073133.843000", "073133.843000", "073138.843000", "073138.843000", "073143.843000", "073143.843000", "073143.843000", "073148.843000", "073148.843000", "073153.843000", "073153.843000", "073153.843000", "073158.843000", "073158.843000", "073203.843000", "073203.859000", "073203.875000", "073208.843000", "073208.843000", "073213.843000", "073213.843000", "073213.843000", "073218.843000", "073218.843000", "073223.843000", "073223.843000", "073223.843000", "073228.843000", "073228.843000", "073233.843000", "073233.843000", "073233.843000", "073238.843000", "073238.859000", "073238.859000", "073243.843000", "073243.843000", "073248.843000", "073248.843000", "073248.843000", "073253.843000", "073253.843000", "073253.843000", "073258.843000", "073258.843000", "073303.843000", "073303.843000", "073303.843000", "073308.843000", "073308.859000", "073313.843000", "073313.843000", "073313.843000", "073318.843000", "073318.843000", "073318.843000", "073323.843000", "073323.843000", "073328.843000", "073328.843000", "073328.843000", "073333.843000", "073333.843000", "073338.843000", "073338.843000", "073338.843000", "073343.843000", "073343.843000", "073348.843000", "073348.843000", "073348.843000", "073353.843000", "073353.843000", "073358.843000", "073358.843000", "073358.859000", "073403.843000", "073403.843000", "073408.843000", "073408.843000", "073408.843000", "073413.843000", "073413.843000", "073418.843000", "073418.843000", "073418.843000", "073423.843000", "073423.843000", "073428.843000", "073428.843000", "073428.859000", "073433.843000", "073433.843000", "073433.843000", "073438.859000", "073438.859000", "073443.843000", "073443.843000", "073443.843000", "073448.843000", "073448.843000", "073453.843000", "073453.843000", "073453.843000", "073458.843000", "073458.843000", "073503.843000", "073503.843000", "073503.843000", "073508.843000", "073508.843000", "073513.843000", "073513.843000", "073513.843000", "073518.843000", "073518.843000", "073523.843000", "073523.843000", "073523.859000", "073528.843000", "073528.843000", "073533.843000", "073533.843000", "073533.843000", "073538.843000", "073538.843000", "073538.843000", "073543.843000", "073543.843000", "073548.843000", "073548.843000", "073548.843000", "073553.843000", "073553.843000", "073558.843000", "073558.843000", "073558.843000", "073603.843000", "073603.859000", "073608.843000", "073608.843000", "073608.843000", "073613.843000", "073613.843000", "073618.843000", "073618.843000", "073618.843000", "073623.843000", "073623.843000", "073628.843000", "073628.843000", "073628.843000", "073633.843000", "073633.843000", "073633.843000", "073638.843000", "073638.859000", "073643.843000", "073643.843000", "073643.843000", "073648.843000", "073648.843000", "073653.843000", "073653.843000", "073653.843000", "073658.843000", "073658.843000", "073703.843000", "073703.843000", "073703.843000", "073708.843000", "073708.843000", "073708.843000", "073713.843000", "073713.843000", "073718.843000", "073718.843000", "073723.843000", "073723.843000", "073723.843000", "073728.843000", "073728.843000", "073733.843000", "073733.843000", "073733.843000", "073738.843000", "073738.843000", "073743.843000", "073743.843000", "073743.843000", "073748.843000", "073748.843000", "073748.843000", "073753.843000", "073753.843000", "073758.843000", "073758.843000", "073803.843000", "073803.843000", "073803.843000", "073808.843000", "073808.843000", "073813.843000", "073813.843000", "073813.843000", "073818.843000", "073818.843000", "073818.859000", "073823.843000", "073823.843000", "073828.843000", "073828.843000", "073828.843000", "073833.843000", "073833.843000", "073838.843000", "073838.843000", "073838.859000", "073843.843000", "073843.843000", "073843.843000", "073848.843000", "073848.843000", "073853.843000", "073853.843000", "073853.843000", "073858.843000", "073858.843000", "073903.843000", "073903.843000", "073903.843000", "073908.843000", "073908.843000", "073913.843000", "073913.843000", "073913.843000", "073918.843000", "073918.843000", "073923.843000", "073923.843000", "073923.843000", "073928.843000", "073928.843000", "073928.843000", "073933.843000", "073933.843000", "073933.843000", "073938.843000", "073938.843000", "073943.843000", "073943.843000", "073943.843000", "073948.843000", "073948.843000", "073948.843000", "073953.843000", "073953.843000", "073953.843000", "073958.843000", "073958.859000", "074003.843000", "074003.843000", "074003.843000", "074008.843000", "074008.859000", "074008.859000", "074013.843000", "074013.843000", "074013.843000", "074018.843000", "074018.843000", "074023.859000", "074023.859000", "074023.859000", "074028.843000", "074028.843000", "074028.843000", "074033.843000", "074033.843000", "074038.843000", "074038.843000", "074038.843000", "074043.843000", "074043.843000", "074043.843000", "074048.843000", "074048.843000", "074053.843000", "074053.843000", "074053.843000", "074058.843000", "074058.843000", "074058.859000", "074103.843000", "074103.843000", "074108.843000", "074108.843000", "074108.843000", "074113.843000", "074113.843000", "074113.843000", "074118.843000", "074118.843000", "074123.843000", "074123.843000", "074123.843000", "074128.843000", "074128.843000", "074128.843000", "074133.843000", "074133.843000", "074133.843000", "074138.843000", "074138.843000", "074143.843000", "074143.843000", "074143.843000", "074148.843000", "074148.843000", "074153.843000", "074153.843000", "074153.843000", "074158.843000", "074158.843000", "074158.843000", "074203.843000", "074203.843000", "074208.843000", "074208.843000", "074208.843000", "074213.843000", "074213.843000", "074213.843000", "074218.843000", "074218.843000", "074223.843000", "074223.859000", "074223.859000", "074228.843000", "074228.843000", "074233.843000", "074233.843000", "074233.843000", "074238.843000", "074238.843000", "074238.843000", "074243.843000", "074243.843000", "074248.843000", "074248.843000", "074248.843000", "074253.843000", "074253.843000", "074253.843000", "074258.843000", "074258.843000", "074303.843000", "074303.843000", "074303.843000", "074308.843000", "074308.843000", "074308.843000", "074313.843000", "074313.843000", "074313.843000", "074318.843000", "074318.843000", "074328.843000", "074328.843000", "074328.843000", "074328.859000", "074328.859000", "074328.859000", "074333.843000", "074333.843000", "074338.843000", "074338.843000", "074338.843000", "074343.843000", "074343.843000", "074348.843000", "074348.843000", "074348.843000", "074353.843000", "074353.843000", "074353.843000", "074358.843000", "074358.843000", "074403.843000", "074403.843000", "074403.843000", "074408.843000", "074408.843000", "074413.843000", "074413.843000", "074413.843000", "074418.843000", "074418.843000", "074423.843000", "074423.843000", "074423.843000", "074428.843000", "074428.843000", "074433.843000", "074433.843000", "074433.843000", "074438.843000", "074438.843000", "074443.843000", "074443.843000", "074443.843000", "074448.843000", "074448.859000", "074453.843000", "074453.843000", "074453.843000", "074458.843000", "074458.859000", "074503.843000", "074503.843000", "074503.843000", "074508.843000", "074508.843000", "074513.843000", "074513.843000", "074513.843000", "074518.843000", "074518.843000", "074523.843000", "074523.843000", "074523.843000", "074528.843000", "074528.843000", "074533.859000", "074533.859000", "074533.859000", "074538.843000", "074538.843000", "074543.843000", "074543.843000", "074543.843000", "074548.843000", "074548.843000", "074553.843000", "074553.843000", "074553.843000", "074558.843000", "074558.843000", "074603.843000", "074603.843000", "074603.843000", "074608.843000", "074608.843000", "074613.843000", "074613.843000", "074613.843000", "074618.843000", "074618.843000", "074623.843000", "074623.859000", "074623.859000", "074625.562000"], "InstanceNumber": [1, 2, 3, 4, 5, 6, 7, 8, 9, 10, 11, 12, 13, 14, 15, 16, 17, 18, 19, 20, 21, 22, 23, 24, 25, 26, 27, 28, 29, 30, 31, 32, 33, 34, 35, 36, 37, 38, 39, 40, 41, 42, 43, 44, 45, 46, 47, 48, 49, 50, 51, 52, 53, 54, 55, 56, 57, 58, 59, 60, 61, 62, 63, 64, 65, 66, 67, 68, 69, 70, 71, 72, 73, 74, 75, 76, 77, 78, 79, 80, 81, 82, 83, 84, 85, 86, 87, 88, 89, 90, 91, 92, 93, 94, 95, 96, 97, 98, 99, 100, 101, 102, 103, 104, 105, 106, 107, 108, 109, 110, 111, 112, 113, 114, 115, 116, 117, 118, 119, 120, 121, 122, 123, 124, 125, 126, 127, 128, 129, 130, 131, 132, 133, 134, 135, 136, 137, 138, 139, 140, 141, 142, 143, 144, 145, 146, 147, 148, 149, 150, 151, 152, 153, 154, 155, 156, 157, 158, 159, 160, 161, 162, 163, 164, 165, 166, 167, 168, 169, 170, 171, 172, 173, 174, 175, 176, 177, 178, 179, 180, 181, 182, 183, 184, 185, 186, 187, 188, 189, 190, 191, 192, 193, 194, 195, 196, 197, 198, 199, 200, 201, 202, 203, 204, 205, 206, 207, 208, 209, 210, 211, 212, 213, 214, 215, 216, 217, 218, 219, 220, 221, 222, 223, 224, 225, 226, 227, 228, 229, 230, 231, 232, 233, 234, 235, 236, 237, 238, 239, 240, 241, 242, 243, 244, 245, 246, 247, 248, 249, 250, 251, 252, 253, 254, 255, 256, 257, 258, 259, 260, 261, 262, 263, 264, 265, 266, 267, 268, 269, 270, 271, 272, 273, 274, 275, 276, 277, 278, 279, 280, 281, 282, 283, 284, 285, 286, 287, 288, 289, 290, 291, 292, 293, 294, 295, 296, 297, 298, 299, 300, 301, 302, 303, 304, 305, 306, 307, 308, 309, 310, 311, 312, 313, 314, 315, 316, 317, 318, 319, 320, 321, 322, 323, 324, 325, 326, 327, 328, 329, 330, 331, 332, 333, 334, 335, 336, 337, 338, 339, 340, 341, 342, 343, 344, 345, 346, 347, 348, 349, 350, 351, 352, 353, 354, 355, 356, 357, 358, 359, 360, 361, 362, 363, 364, 365, 366, 367, 368, 369, 370, 371, 372, 373, 374, 375, 376, 377, 378, 379, 380, 381, 382, 383, 384, 385, 386, 387, 388, 389, 390, 391, 392, 393, 394, 395, 396, 397, 398, 399, 400, 401, 402, 403, 404, 405, 406, 407, 408, 409, 410, 411, 412, 413, 414, 415, 416, 417, 418, 419, 420, 421, 422, 423, 424, 425, 426, 427, 428, 429, 430, 431, 432, 433, 434, 435, 436, 437, 438, 439, 440, 441, 442, 443, 444, 445, 446, 447, 448, 449, 450, 451, 452, 453, 454, 455, 456, 457, 458, 459, 460, 461, 462, 463, 464, 465, 466, 467, 468, 469, 470, 471, 472, 473, 474, 475, 476, 477, 478, 479, 480, 481, 482, 483, 484, 485, 486, 487, 488, 489, 490, 491, 492, 493, 494, 495, 496, 497, 498, 499, 500, 501, 502, 503, 504, 505, 506, 507, 508, 509, 510, 511, 512, 513, 514, 515, 516, 517, 518], "LargestImagePixelValue": [27563, 27677, 27324, 29047, 26642, 28051, 26481, 26436, 26720, 26234, 26310, 26290, 31351, 26143, 28354, 26652, 26378, 25983, 31991, 26269, 26587, 26197, 26084, 29210, 25709, 26268, 25859, 25918, 25714, 26046, 27033, 26230, 25832, 25737, 31702, 25997, 27652, 25617, 28270, 25826, 30681, 25972, 29624, 25588, 25709, 25703, 30513, 25965, 29130, 25732, 25609, 25628, 30983, 25878, 28100, 25584, 26730, 25619, 29561, 25822, 29951, 25561, 28427, 25796, 26132, 29908, 25806, 28561, 25884, 25990, 27660, 25884, 30733, 25966, 25967, 26216, 25856, 25850, 25942, 29600, 25694, 26098, 28845, 25844, 26566, 29154, 25620, 30378, 26363, 27584, 25504, 25530, 26962, 25668, 26629, 25811, 27456, 25676, 28185, 25743, 26001, 25839, 25588, 25516, 25549, 28732, 25600, 25957, 27996, 25701, 27887, 28552, 25769, 25889, 26072, 25776, 25832, 27696, 25826, 30879, 26042, 28357, 25719, 25653, 25940, 25775, 26964, 25841, 28228, 25662, 25438, 28325, 25714, 25609, 25482, 29401, 28384, 26122, 29586, 25703, 30935, 25491, 26093, 25926, 28520, 25654, 25672, 26793, 26072, 25832, 25661, 25812, 25610, 27144, 25977, 25588, 25493, 30807, 25679, 29916, 26136, 27818, 25921, 27476, 25513, 27520, 26044, 25631, 25561, 27009, 32327, 25805, 28834, 25714, 27032, 25576, 25721, 25933, 27616, 25722, 28757, 25600, 25858, 26010, 30018, 25665, 29655, 25666, 29155, 26053, 30609, 25681, 30666, 26290, 30073, 25694, 29794, 25872, 29812, 25473, 25582, 25801, 30691, 26061, 25495, 26097, 33625, 25489, 30492, 25848, 26732, 25627, 32763, 25613, 29261, 25982, 26913, 25559, 30837, 25915, 27863, 25845, 28123, 27632, 25823, 32444, 25922, 31579, 25523, 31567, 25721, 25772, 31282, 25708, 29002, 27527, 25519, 33383, 25487, 28796, 25698, 31050, 25746, 25982, 28697, 26345, 26338, 25908, 25993, 25717, 32323, 26122, 27243, 25796, 25942, 32577, 26024, 27642, 26480, 26907, 26020, 29468, 32435, 26036, 26259, 25935, 26111, 30022, 25947, 31844, 25945, 31737, 26109, 32360, 25776, 30003, 26375, 31594, 25712, 29669, 25910, 26289, 25737, 26596, 27995, 25915, 32058, 26246, 29193, 26047, 33080, 26134, 29881, 26286, 26443, 26196, 25830, 32668, 26030, 26405, 28190, 26589, 31225, 25785, 28974, 26061, 31305, 25914, 30432, 30596, 25926, 31683, 25759, 29901, 25844, 27997, 29672, 25591, 29895, 25925, 25707, 30999, 25879, 29455, 25846, 28268, 29297, 25802, 33134, 32267, 25713, 31582, 26108, 30826, 25746, 29391, 34658, 25876, 26446, 27818, 25887, 32401, 30592, 26035, 30668, 25739, 26275, 32617, 26287, 26047, 29511, 26170, 27908, 32876, 27235, 26455, 29163, 26191, 26932, 33420, 27006, 26316, 31748, 26075, 27331, 31878, 26134, 30318, 27130, 25944, 25945, 33482, 26199, 32773, 25975, 26013, 26259, 31436, 26262, 28766, 26509, 25981, 26172, 26188, 31110, 26145, 31041, 26082, 26427, 25968, 25821, 30639, 26019, 25905, 25892, 25957, 32138, 25493, 32925, 25574, 32648, 25970, 26316, 27165, 25772, 30951, 25669, 31149, 25682, 30908, 26374, 25956, 31210, 25640, 29864, 25658, 29443, 26183, 30851, 25761, 31928, 25614, 30662, 25552, 30511, 25712, 25884, 25888, 31670, 34459, 25782, 28591, 26094, 32083, 28550, 26114, 30637, 28401, 26275, 31493, 26279, 30266, 27092, 26232, 31250, 26335, 26123, 30975, 25913, 32758, 27500, 26129, 26920, 26058, 33475, 26233, 28155, 25860, 26011, 31772, 25925, 30024, 27684, 25959, 33008, 25995, 29108, 26101, 29720, 25830, 29421, 30187, 26084, 29175, 25869, 32420, 25941, 32392, 25833, 30985, 25763, 30521, 26745, 25902, 25544, 25788, 35012, 27047, 25785, 28418, 26262, 25785, 25775, 33425, 29337, 25917, 33505, 25624, 32469, 27745, 25874, 30503, 26182, 28201, 25921, 32768, 25773, 26144, 26009, 31702, 25708, 32366, 31725, 25613, 31379, 25866, 26168, 28388], "WindowCenter": [9843.0, 9841.0, 9832.0, 9843.0, 9818.0, 9826.0, 9827.0, 9835.0, 9839.0, 9837.0, 9835.0, 9824.0, 9833.0, 9822.0, 9837.0, 9822.0, 9839.0, 9844.0, 9856.0, 9829.0, 9824.0, 9812.0, 9819.0, 9844.0, 9818.0, 9822.0, 9825.0, 9833.0, 9820.0, 9829.0, 9837.0, 9818.0, 9836.0, 9838.0, 9843.0, 9845.0, 9852.0, 9852.0, 9869.0, 9855.0, 9869.0, 9836.0, 9841.0, 9836.0, 9833.0, 9835.0, 9832.0, 9832.0, 9841.0, 9847.0, 9856.0, 9858.0, 9864.0, 9845.0, 9840.0, 9851.0, 9853.0, 9840.0, 9849.0, 9841.0, 9862.0, 9843.0, 9846.0, 9835.0, 9841.0, 9839.0, 9846.0, 9872.0, 9855.0, 9845.0, 9853.0, 9832.0, 9851.0, 9836.0, 9845.0, 9839.0, 9845.0, 9851.0, 9852.0, 9850.0, 9833.0, 9836.0, 9844.0, 9842.0, 9847.0, 9860.0, 9838.0, 9859.0, 9827.0, 9838.0, 9827.0, 9843.0, 9854.0, 9850.0, 9851.0, 9853.0, 9862.0, 9835.0, 9835.0, 9825.0, 9830.0, 9830.0, 9826.0, 9846.0, 9837.0, 9839.0, 9816.0, 9832.0, 9856.0, 9846.0, 9861.0, 9858.0, 9839.0, 9845.0, 9848.0, 9853.0, 9863.0, 9862.0, 9844.0, 9855.0, 9836.0, 9840.0, 9837.0, 9838.0, 9830.0, 9840.0, 9854.0, 9838.0, 9848.0, 9823.0, 9824.0, 9850.0, 9836.0, 9850.0, 9852.0, 9873.0, 9850.0, 9836.0, 9856.0, 9845.0, 9861.0, 9838.0, 9848.0, 9831.0, 9845.0, 9840.0, 9832.0, 9835.0, 9828.0, 9837.0, 9849.0, 9842.0, 9846.0, 9847.0, 9838.0, 9831.0, 9843.0, 9862.0, 9839.0, 9854.0, 9847.0, 9849.0, 9832.0, 9857.0, 9850.0, 9841.0, 9856.0, 9849.0, 9838.0, 9867.0, 9885.0, 9843.0, 9862.0, 9853.0, 9845.0, 9845.0, 9843.0, 9839.0, 9852.0, 9838.0, 9871.0, 9844.0, 9838.0, 9825.0, 9858.0, 9837.0, 9878.0, 9854.0, 9851.0, 9834.0, 9851.0, 9833.0, 9859.0, 9836.0, 9850.0, 9846.0, 9879.0, 9860.0, 9858.0, 9840.0, 9858.0, 9861.0, 9881.0, 9857.0, 9855.0, 9856.0, 9886.0, 9852.0, 9874.0, 9857.0, 9861.0, 9864.0, 9893.0, 9863.0, 9880.0, 9865.0, 9875.0, 9868.0, 9869.0, 9853.0, 9867.0, 9851.0, 9894.0, 9886.0, 9847.0, 9887.0, 9860.0, 9876.0, 9872.0, 9899.0, 9862.0, 9858.0, 9876.0, 9841.0, 9856.0, 9845.0, 9841.0, 9869.0, 9834.0, 9841.0, 9832.0, 9868.0, 9848.0, 9851.0, 9863.0, 9854.0, 9858.0, 9859.0, 9864.0, 9849.0, 9881.0, 9844.0, 9856.0, 9839.0, 9861.0, 9880.0, 9851.0, 9866.0, 9873.0, 9873.0, 9870.0, 9891.0, 9901.0, 9868.0, 9855.0, 9851.0, 9875.0, 9908.0, 9875.0, 9888.0, 9864.0, 9887.0, 9877.0, 9890.0, 9854.0, 9885.0, 9841.0, 9870.0, 9854.0, 9864.0, 9846.0, 9838.0, 9828.0, 9859.0, 9868.0, 9861.0, 9888.0, 9861.0, 9876.0, 9872.0, 9892.0, 9858.0, 9873.0, 9848.0, 9854.0, 9864.0, 9882.0, 9907.0, 9873.0, 9872.0, 9872.0, 9874.0, 9898.0, 9861.0, 9866.0, 9858.0, 9886.0, 9875.0, 9890.0, 9880.0, 9852.0, 9863.0, 9851.0, 9862.0, 9860.0, 9872.0, 9872.0, 9846.0, 9880.0, 9870.0, 9866.0, 9887.0, 9864.0, 9904.0, 9886.0, 9890.0, 9900.0, 9862.0, 9907.0, 9882.0, 9847.0, 9878.0, 9870.0, 9869.0, 9861.0, 9880.0, 9894.0, 9853.0, 9849.0, 9859.0, 9858.0, 9903.0, 9884.0, 9862.0, 9891.0, 9861.0, 9876.0, 9888.0, 9868.0, 9866.0, 9885.0, 9877.0, 9884.0, 9904.0, 9878.0, 9872.0, 9884.0, 9900.0, 9910.0, 9927.0, 9893.0, 9875.0, 9894.0, 9873.0, 9872.0, 9901.0, 9872.0, 9892.0, 9870.0, 9887.0, 9878.0, 9900.0, 9853.0, 9877.0, 9857.0, 9880.0, 9866.0, 9898.0, 9872.0, 9885.0, 9874.0, 9847.0, 9853.0, 9868.0, 9876.0, 9860.0, 9882.0, 9862.0, 9874.0, 9851.0, 9867.0, 9885.0, 9862.0, 9866.0, 9888.0, 9881.0, 9894.0, 9876.0, 9905.0, 9880.0, 9898.0, 9863.0, 9870.0, 9874.0, 9866.0, 9898.0, 9864.0, 9887.0, 9871.0, 9903.0, 9881.0, 9866.0, 9889.0, 9864.0, 9893.0, 9883.0, 9892.0, 9890.0, 9905.0, 9889.0, 9908.0, 9876.0, 9883.0, 9886.0, 9907.0, 9890.0, 9888.0, 9901.0, 9910.0, 9907.0, 9873.0, 9903.0, 9907.0, 9919.0, 9890.0, 9877.0, 9915.0, 9898.0, 9879.0, 9923.0, 9903.0, 9918.0, 9910.0, 9881.0, 9894.0, 9890.0, 9874.0, 9909.0, 9887.0, 9921.0, 9892.0, 9850.0, 9854.0, 9871.0, 9911.0, 9878.0, 9881.0, 9887.0, 9900.0, 9923.0, 9894.0, 9908.0, 9893.0, 9888.0, 9912.0, 9877.0, 9898.0, 9882.0, 9893.0, 9901.0, 9918.0, 9919.0, 9890.0, 9909.0, 9897.0, 9916.0, 9892.0, 9919.0, 9889.0, 9919.0, 9885.0, 9894.0, 9880.0, 9874.0, 9864.0, 9879.0, 9906.0, 9878.0, 9874.0, 9889.0, 9876.0, 9878.0, 9893.0, 9940.0, 9906.0, 9883.0, 9902.0, 9888.0, 9900.0, 9889.0, 9889.0, 9893.0, 9870.0, 9880.0, 9855.0, 9896.0, 9842.0, 9868.0, 9872.0, 9880.0, 9887.0, 9916.0, 9916.0, 9889.0, 9894.0, 9873.0, 9882.0, 9869.0], "WindowWidth": [20949.0, 20943.0, 20919.0, 20935.0, 20888.0, 20902.0, 20905.0, 20924.0, 20936.0, 20927.0, 20922.0, 20898.0, 20911.0, 20893.0, 20926.0, 20896.0, 20932.0, 20944.0, 20964.0, 20912.0, 20901.0, 20871.0, 20889.0, 20933.0, 20885.0, 20896.0, 20898.0, 20916.0, 20894.0, 20909.0, 20927.0, 20891.0, 20927.0, 20937.0, 20944.0, 20948.0, 20961.0, 20961.0, 20997.0, 20971.0, 20994.0, 20936.0, 20940.0, 20927.0, 20920.0, 20923.0, 20916.0, 20919.0, 20936.0, 20949.0, 20971.0, 20978.0, 20987.0, 20953.0, 20938.0, 20958.0, 20964.0, 20938.0, 20957.0, 20938.0, 20977.0, 20942.0, 20945.0, 20920.0, 20935.0, 20931.0, 20943.0, 20997.0, 20967.0, 20945.0, 20965.0, 20920.0, 20956.0, 20927.0, 20941.0, 20935.0, 20948.0, 20962.0, 20965.0, 20957.0, 20922.0, 20929.0, 20944.0, 20937.0, 20952.0, 20976.0, 20930.0, 20975.0, 20910.0, 20929.0, 20910.0, 20942.0, 20964.0, 20960.0, 20964.0, 20967.0, 20980.0, 20927.0, 20922.0, 20903.0, 20915.0, 20913.0, 20907.0, 20947.0, 20928.0, 20929.0, 20887.0, 20926.0, 20968.0, 20947.0, 20981.0, 20967.0, 20931.0, 20948.0, 20953.0, 20966.0, 20987.0, 20983.0, 20944.0, 20964.0, 20927.0, 20934.0, 20928.0, 20928.0, 20914.0, 20937.0, 20966.0, 20931.0, 20949.0, 20902.0, 20902.0, 20957.0, 20933.0, 20965.0, 20969.0, 21003.0, 20956.0, 20928.0, 20965.0, 20945.0, 20976.0, 20932.0, 20952.0, 20917.0, 20942.0, 20932.0, 20916.0, 20923.0, 20911.0, 20926.0, 20955.0, 20943.0, 20948.0, 20951.0, 20931.0, 20914.0, 20939.0, 20974.0, 20932.0, 20960.0, 20953.0, 20954.0, 20920.0, 20973.0, 20959.0, 20942.0, 20971.0, 20954.0, 20936.0, 20994.0, 21026.0, 20947.0, 20981.0, 20960.0, 20947.0, 20946.0, 20940.0, 20935.0, 20959.0, 20936.0, 20998.0, 20943.0, 20933.0, 20906.0, 20967.0, 20933.0, 21014.0, 20964.0, 20960.0, 20922.0, 20952.0, 20918.0, 20968.0, 20926.0, 20951.0, 20948.0, 21011.0, 20979.0, 20972.0, 20938.0, 20976.0, 20981.0, 21019.0, 20970.0, 20967.0, 20973.0, 21027.0, 20960.0, 21007.0, 20972.0, 20983.0, 20991.0, 21042.0, 20985.0, 21023.0, 20992.0, 21010.0, 21001.0, 21001.0, 20968.0, 20996.0, 20964.0, 21050.0, 21034.0, 20958.0, 21035.0, 20983.0, 21013.0, 21009.0, 21061.0, 20985.0, 20976.0, 21006.0, 20937.0, 20968.0, 20944.0, 20933.0, 20985.0, 20920.0, 20937.0, 20916.0, 20987.0, 20952.0, 20956.0, 20980.0, 20969.0, 20974.0, 20977.0, 20987.0, 20958.0, 21016.0, 20951.0, 20969.0, 20935.0, 20978.0, 21013.0, 20958.0, 20991.0, 21014.0, 21010.0, 21006.0, 21047.0, 21062.0, 20998.0, 20972.0, 20967.0, 21019.0, 21078.0, 21014.0, 21039.0, 20987.0, 21030.0, 21015.0, 21037.0, 20967.0, 21028.0, 20942.0, 20991.0, 20963.0, 20982.0, 20947.0, 20934.0, 20911.0, 20974.0, 20994.0, 20980.0, 21033.0, 20988.0, 21010.0, 21006.0, 21044.0, 20976.0, 21003.0, 20959.0, 20964.0, 20987.0, 21026.0, 21076.0, 21009.0, 21010.0, 21006.0, 21010.0, 21053.0, 20981.0, 20992.0, 20975.0, 21028.0, 21012.0, 21038.0, 21015.0, 20961.0, 20979.0, 20958.0, 20984.0, 20981.0, 21003.0, 21001.0, 20947.0, 21015.0, 20999.0, 20992.0, 21036.0, 20992.0, 21074.0, 21042.0, 21047.0, 21069.0, 20991.0, 21073.0, 21024.0, 20953.0, 21012.0, 21003.0, 20994.0, 20980.0, 21015.0, 21042.0, 20962.0, 20963.0, 20975.0, 20976.0, 21065.0, 21030.0, 20992.0, 21043.0, 20985.0, 21016.0, 21041.0, 20996.0, 20996.0, 21038.0, 21020.0, 21037.0, 21071.0, 21017.0, 21016.0, 21032.0, 21064.0, 21089.0, 21120.0, 21048.0, 21018.0, 21052.0, 21008.0, 21008.0, 21062.0, 21006.0, 21044.0, 21003.0, 21036.0, 21018.0, 21058.0, 20965.0, 21009.0, 20973.0, 21022.0, 20997.0, 21055.0, 21004.0, 21030.0, 21009.0, 20950.0, 20963.0, 20992.0, 21008.0, 20978.0, 21018.0, 20980.0, 21003.0, 20959.0, 20989.0, 21028.0, 20982.0, 20993.0, 21039.0, 21026.0, 21050.0, 21011.0, 21065.0, 21019.0, 21053.0, 20990.0, 21011.0, 21016.0, 20992.0, 21055.0, 20989.0, 21033.0, 21003.0, 21066.0, 21030.0, 20995.0, 21036.0, 20992.0, 21044.0, 21024.0, 21046.0, 21052.0, 21076.0, 21041.0, 21079.0, 21016.0, 21029.0, 21040.0, 21085.0, 21051.0, 21047.0, 21066.0, 21080.0, 21075.0, 21004.0, 21071.0, 21081.0, 21105.0, 21048.0, 21019.0, 21096.0, 21062.0, 21024.0, 21114.0, 21078.0, 21104.0, 21093.0, 21035.0, 21056.0, 21048.0, 21012.0, 21079.0, 21043.0, 21105.0, 21051.0, 20964.0, 20972.0, 21008.0, 21086.0, 21020.0, 21022.0, 21039.0, 21070.0, 21113.0, 21059.0, 21086.0, 21051.0, 21039.0, 21086.0, 21018.0, 21058.0, 21028.0, 21049.0, 21072.0, 21109.0, 21111.0, 21051.0, 21084.0, 21062.0, 21099.0, 21056.0, 21104.0, 21044.0, 21102.0, 21037.0, 21050.0, 21027.0, 21013.0, 20993.0, 21027.0, 21077.0, 21022.0, 21012.0, 21050.0, 21022.0, 21027.0, 21056.0, 21146.0, 21081.0, 21037.0, 21070.0, 21043.0, 21069.0, 21045.0, 21043.0, 21055.0, 21008.0, 21020.0, 20973.0, 21050.0, 20945.0, 20996.0, 21012.0, 21027.0, 21044.0, 21099.0, 21095.0, 21040.0, 21051.0, 21011.0, 21030.0, 20999.0]}, "slices": {}}}