{"AcquisitionMatrixPE": 320, "AcquisitionNumber": 1, "AcquisitionTime": "07:54:48.825000", "BaseResolution": 320, "BodyPartExamined": "BRAIN", "ConsistencyInfo": "N4_VD11D_LATEST_20110129", "ConversionSoftware": "dcm2niix", "ConversionSoftwareVersion": "v1.0.20210317", "DeviceSerialNumber": "45239", "DwellTime": 5.8e-06, "EchoTime": 0.00202, "FlipAngle": 8, "ImageOrientationPatientDICOM": [0.0040723, 0.999363, -0.0354532, 0.0485497, -0.0356093, -0.998186], "ImageType": ["ORIGINAL", "PRIMARY", "M", "ND", "NORM"], "ImagingFrequency": 123.193, "InPlanePhaseEncodingDirectionDICOM": "ROW", "InstitutionAddress": "E 24th St. 100,Austin,Southmiddle,US,78712", "InstitutionName": "Univ of Texas at Austin", "InstitutionalDepartmentName": "IRC", "InversionTime": 1, "MRAcquisitionType": "3D", "MagneticFieldStrength": 3, "Manufacturer": "Siemens", "ManufacturersModelName": "Skyra", "Modality": "MR", "ParallelReductionFactorInPlane": 2, "PartialFourier": 1, "PatientPosition": "HFS", "PercentPhaseFOV": 100, "PercentSampling": 100, "PhaseEncodingSteps": 351, "PhaseOversampling": 0.1, "PhaseResolution": 1, "PixelBandwidth": 270, "ProcedureStepDescription": "Poldrack2^self-scanning", "ProtocolName": "T1w_MPR1_PMC", "PulseSequenceDetails": "%SiemensSeq%\\tfl", "ReceiveCoilActiveElements": "HEA;HEP", "ReceiveCoilName": "Head_32", "ReconMatrixPE": 320, "RefLinesPE": 32, "RepetitionTime": 2.4, "SAR": 0.0535452, "ScanOptions": "IR\\WE", "ScanningSequence": "GR\\IR", "SequenceName": "*tfl3d1_16ns", "SequenceVariant": "SK\\SP\\MP\\OSP", "SeriesDescription": "T1w_MPR1_PMC", "SeriesNumber": 11, "ShimSetting": [-2746, 8032, -15586, 163, -162, -19, 47, 22], "SliceThickness": 0.7, "SoftwareVersions": "syngo MR D11", "StationName": "AWP45239", "TxRefAmp": 331.962, "dcmmeta_affine": [[0.6991687417030334, 0.0028506082016974688, 0.033984776586294174, -93.8560562133789], [-0.001640567323192954, 0.6995541453361511, -0.02492649294435978, -116.64457702636719], [-0.0340646356344223, 0.024817243218421936, 0.6987300515174866, -117.39654541015625], [0.0, 0.0, 0.0, 1.0]], "dcmmeta_reorient_transform": [[0.0, 0.0, -1.0, 319.0], [0.0, -1.0, 0.0, 319.0], [-1.0, 0.0, 0.0, 255.0], [0.0, 0.0, 0.0, 1.0]], "dcmmeta_shape": [256, 320, 320], "dcmmeta_slice_dim": 0, "dcmmeta_version": 0.6, "global": {"const": {"AcquisitionMatrix": [0, 320, 320, 0], "AcquisitionNumber": 1, "AcquisitionTime": "075448.825000", "AngioFlag": "N", "BitsAllocated": 16, "BitsStored": 12, "BodyPartExamined": "BRAIN", "Columns": 320, "EchoNumbers": 1, "EchoTime": 2.02, "EchoTrainLength": 1, "FlipAngle": 8.0, "HighBit": 11, "ImageOrientationPatient": [0.00407229736291, 0.99936304044656, -0.0354532055476, 0.04854968057824, -0.035609277042, -0.9981858083064], "ImageType": ["ORIGINAL", "PRIMARY", "M", "ND", "NORM"], "ImagedNucleus": "1H", "ImagingFrequency": 123.19344, "InPlanePhaseEncodingDirection": "ROW", "InversionTime": 1000.0, "MRAcquisitionType": "3D", "MagneticFieldStrength": 3.0, "Manufacturer": "SIEMENS", "ManufacturerModelName": "Skyra", "Modality": "MR", "NumberOfAverages": 1.0, "NumberOfPhaseEncodingSteps": 351, "PercentPhaseFieldOfView": 100.0, "PercentSampling": 100.0, "PerformedProcedureStepStartTime": "070944.890000", "PhotometricInterpretation": "MONOCHROME2", "PixelBandwidth": 270.0, "PixelRepresentation": 0, "PixelSpacing": [0.69999998807907, 0.69999998807907], "ProtocolName": "T1w_MPR1_PMC", "RepetitionTime": 2400.0, "Rows": 320, "SAR": 0.05354521361195, "SamplesPerPixel": 1, "ScanOptions": ["IR", "WE"], "ScanningSequence": ["GR", "IR"], "SequenceName": "*tfl3d1_16ns", "SequenceVariant": ["SK", "SP", "MP", "OSP"], "SeriesDescription": "T1w_MPR1_PMC", "SeriesNumber": 11, "SeriesTime": "080239.140000", "SliceThickness": 0.69999998807907, "SmallestImagePixelValue": 0, "SoftwareVersions": "syngo MR D11", "SpecificCharacterSet": "ISO_IR 100", "StudyID": "1", "StudyTime": "070944.859000", "TransmitCoilName": "Body", "VariableFlipAngleFlag": "N", "WindowCenterWidthExplanation": "Algo1", "dBdt": 0.0}, "slices": {"ContentTime": ["080241.203000", "080241.203000", "080241.203000", "080241.203000", "080241.203000", "080241.187000", "080241.187000", "080241.187000", "080241.187000", "080241.187000", "080241.187000", "080241.171000", "080241.171000", "080241.171000", "080241.171000", "080241.171000", "080241.171000", "080241.171000", "080241.156000", "080241.156000", "080241.156000", "080241.140000", "080241.140000", "080241.140000", "080241.140000", "080241.140000", "080241.140000", "080241.140000", "080241.125000", "080241.125000", "080241.125000", "080241.125000", "080241.125000", "080241.125000", "080241.125000", "080241.109000", "080241.109000", "080241.109000", "080241.109000", "080241.093000", "080241.093000", "080241.093000", "080241.093000", "080241.093000", "080241.093000", "080241.078000", "080241.078000", "080241.078000", "080241.078000", "080241.078000", "080241.078000", "080241.078000", "080241.062000", "080241.062000", "080241.062000", "080241.062000", "080239.656000", "080239.656000", "080239.656000", "080239.656000", "080239.656000", "080239.640000", "080239.640000", "080239.640000", "080239.640000", "080239.640000", "080239.640000", "080239.640000", "080239.640000", "080239.625000", "080239.625000", "080239.625000", "080239.625000", "080239.609000", "080239.609000", "080239.609000", "080239.593000", "080239.593000", "080239.593000", "080239.593000", "080239.593000", "080239.593000", "080239.578000", "080239.578000", "080239.578000", "080239.578000", "080239.578000", "080239.578000", "080239.562000", "080239.562000", "080239.562000", "080239.562000", "080239.562000", "080239.562000", "080239.546000", "080239.546000", "080239.546000", "080239.546000", "080239.531000", "080239.531000", "080239.531000", "080239.531000", "080239.531000", "080239.531000", "080239.531000", "080239.531000", "080239.515000", "080239.515000", "080239.515000", "080239.515000", "080239.515000", "080239.515000", "080239.515000", "080239.515000", "080239.500000", "080239.500000", "080239.500000", "080239.500000", "080239.500000", "080239.500000", "080239.500000", "080239.500000", "080239.484000", "080239.484000", "080239.484000", "080239.484000", "080239.484000", "080239.484000", "080239.484000", "080239.468000", "080239.468000", "080239.468000", "080239.468000", "080239.468000", "080239.468000", "080239.453000", "080239.453000", "080239.453000", "080239.453000", "080239.453000", "080239.453000", "080239.453000", "080239.437000", "080239.437000", "080239.437000", "080239.437000", "080239.437000", "080239.437000", "080239.421000", "080239.421000", "080239.406000", "080239.406000", "080239.406000", "080239.406000", "080239.406000", "080239.406000", "080239.390000", "080239.390000", "080239.390000", "080239.390000", "080239.390000", "080239.390000", "080239.375000", "080239.375000", "080239.375000", "080239.359000", "080239.359000", "080239.359000", "080239.359000", "080239.359000", "080239.359000", "080239.359000", "080239.343000", "080239.343000", "080239.343000", "080239.343000", "080239.343000", "080239.343000", "080239.328000", "080239.328000", "080239.328000", "080239.328000", "080239.312000", "080239.312000", "080239.312000", "080239.312000", "080239.312000", "080239.312000", "080239.312000", "080239.296000", "080239.296000", "080239.296000", "080239.296000", "080239.296000", "080239.296000", "080239.296000", "080239.296000", "080239.296000", "080239.281000", "080239.281000", "080239.281000", "080239.281000", "080239.281000", "080239.281000", "080239.281000", "080239.281000", "080239.265000", "080239.265000", "080239.265000", "080239.265000", "080239.265000", "080239.250000", "080239.250000", "080239.250000", "080239.250000", "080239.250000", "080239.250000", "080239.250000", "080239.250000", "080239.250000", "080239.234000", "080239.234000", "080239.234000", "080239.234000", "080239.234000", "080239.234000", "080239.234000", "080239.234000", "080239.218000", "080239.218000", "080239.218000", "080239.218000", "080239.218000", "080239.203000", "080239.203000", "080239.203000", "080239.203000", "080239.203000", "080239.187000", "080239.187000", "080239.187000", "080239.187000", "080239.187000", "080239.171000", "080239.171000", "080239.171000", "080239.171000", "080239.171000", "080239.171000", "080239.171000", "080239.171000", "080239.156000", "080239.156000", "080239.156000", "080239.140000", "080239.140000"], "CsaImage.Actual3DImaPartNumber": [255, 254, 253, 252, 251, 250, 249, 248, 247, 246, 245, 244, 243, 242, 241, 240, 239, 238, 237, 236, 235, 234, 233, 232, 231, 230, 229, 228, 227, 226, 225, 224, 223, 222, 221, 220, 219, 218, 217, 216, 215, 214, 213, 212, 211, 210, 209, 208, 207, 206, 205, 204, 203, 202, 201, 200, 199, 198, 197, 196, 195, 194, 193, 192, 191, 190, 189, 188, 187, 186, 185, 184, 183, 182, 181, 180, 179, 178, 177, 176, 175, 174, 173, 172, 171, 170, 169, 168, 167, 166, 165, 164, 163, 162, 161, 160, 159, 158, 157, 156, 155, 154, 153, 152, 151, 150, 149, 148, 147, 146, 145, 144, 143, 142, 141, 140, 139, 138, 137, 136, 135, 134, 133, 132, 131, 130, 129, 128, 127, 126, 125, 124, 123, 122, 121, 120, 119, 118, 117, 116, 115, 114, 113, 112, 111, 110, 109, 108, 107, 106, 105, 104, 103, 102, 101, 100, 99, 98, 97, 96, 95, 94, 93, 92, 91, 90, 89, 88, 87, 86, 85, 84, 83, 82, 81, 80, 79, 78, 77, 76, 75, 74, 73, 72, 71, 70, 69, 68, 67, 66, 65, 64, 63, 62, 61, 60, 59, 58, 57, 56, 55, 54, 53, 52, 51, 50, 49, 48, 47, 46, 45, 44, 43, 42, 41, 40, 39, 38, 37, 36, 35, 34, 33, 32, 31, 30, 29, 28, 27, 26, 25, 24, 23, 22, 21, 20, 19, 18, 17, 16, 15, 14, 13, 12, 11, 10, 9, 8, 7, 6, 5, 4, 3, 2, 1, 0], "CsaImage.ICE_Dims": ["X_1_1_1_1_1_256_1_1_1_1_1_239", "X_1_1_1_1_1_255_1_1_1_1_1_239", "X_1_1_1_1_1_254_1_1_1_1_1_239", "X_1_1_1_1_1_253_1_1_1_1_1_239", "X_1_1_1_1_1_252_1_1_1_1_1_239", "X_1_1_1_1_1_251_1_1_1_1_1_239", "X_1_1_1_1_1_250_1_1_1_1_1_239", "X_1_1_1_1_1_249_1_1_1_1_1_239", "X_1_1_1_1_1_248_1_1_1_1_1_239", "X_1_1_1_1_1_247_1_1_1_1_1_239", "X_1_1_1_1_1_246_1_1_1_1_1_239", "X_1_1_1_1_1_245_1_1_1_1_1_239", "X_1_1_1_1_1_244_1_1_1_1_1_239", "X_1_1_1_1_1_243_1_1_1_1_1_239", "X_1_1_1_1_1_242_1_1_1_1_1_239", "X_1_1_1_1_1_241_1_1_1_1_1_239", "X_1_1_1_1_1_240_1_1_1_1_1_239", "X_1_1_1_1_1_239_1_1_1_1_1_239", "X_1_1_1_1_1_238_1_1_1_1_1_239", "X_1_1_1_1_1_237_1_1_1_1_1_239", "X_1_1_1_1_1_236_1_1_1_1_1_239", "X_1_1_1_1_1_235_1_1_1_1_1_239", "X_1_1_1_1_1_234_1_1_1_1_1_239", "X_1_1_1_1_1_233_1_1_1_1_1_239", "X_1_1_1_1_1_232_1_1_1_1_1_239", "X_1_1_1_1_1_231_1_1_1_1_1_239", "X_1_1_1_1_1_230_1_1_1_1_1_239", "X_1_1_1_1_1_229_1_1_1_1_1_239", "X_1_1_1_1_1_228_1_1_1_1_1_239", "X_1_1_1_1_1_227_1_1_1_1_1_239", "X_1_1_1_1_1_226_1_1_1_1_1_239", "X_1_1_1_1_1_225_1_1_1_1_1_239", "X_1_1_1_1_1_224_1_1_1_1_1_239", "X_1_1_1_1_1_223_1_1_1_1_1_239", "X_1_1_1_1_1_222_1_1_1_1_1_239", "X_1_1_1_1_1_221_1_1_1_1_1_239", "X_1_1_1_1_1_220_1_1_1_1_1_239", "X_1_1_1_1_1_219_1_1_1_1_1_239", "X_1_1_1_1_1_218_1_1_1_1_1_239", "X_1_1_1_1_1_217_1_1_1_1_1_239", "X_1_1_1_1_1_216_1_1_1_1_1_239", "X_1_1_1_1_1_215_1_1_1_1_1_239", "X_1_1_1_1_1_214_1_1_1_1_1_239", "X_1_1_1_1_1_213_1_1_1_1_1_239", "X_1_1_1_1_1_212_1_1_1_1_1_239", "X_1_1_1_1_1_211_1_1_1_1_1_239", "X_1_1_1_1_1_210_1_1_1_1_1_239", "X_1_1_1_1_1_209_1_1_1_1_1_239", "X_1_1_1_1_1_208_1_1_1_1_1_239", "X_1_1_1_1_1_207_1_1_1_1_1_239", "X_1_1_1_1_1_206_1_1_1_1_1_239", "X_1_1_1_1_1_205_1_1_1_1_1_239", "X_1_1_1_1_1_204_1_1_1_1_1_239", "X_1_1_1_1_1_203_1_1_1_1_1_239", "X_1_1_1_1_1_202_1_1_1_1_1_239", "X_1_1_1_1_1_201_1_1_1_1_1_239", "X_1_1_1_1_1_200_1_1_1_1_1_239", "X_1_1_1_1_1_199_1_1_1_1_1_239", "X_1_1_1_1_1_198_1_1_1_1_1_239", "X_1_1_1_1_1_197_1_1_1_1_1_239", "X_1_1_1_1_1_196_1_1_1_1_1_239", "X_1_1_1_1_1_195_1_1_1_1_1_239", "X_1_1_1_1_1_194_1_1_1_1_1_239", "X_1_1_1_1_1_193_1_1_1_1_1_239", "X_1_1_1_1_1_192_1_1_1_1_1_239", "X_1_1_1_1_1_191_1_1_1_1_1_239", "X_1_1_1_1_1_190_1_1_1_1_1_239", "X_1_1_1_1_1_189_1_1_1_1_1_239", "X_1_1_1_1_1_188_1_1_1_1_1_239", "X_1_1_1_1_1_187_1_1_1_1_1_239", "X_1_1_1_1_1_186_1_1_1_1_1_239", "X_1_1_1_1_1_185_1_1_1_1_1_239", "X_1_1_1_1_1_184_1_1_1_1_1_239", "X_1_1_1_1_1_183_1_1_1_1_1_239", "X_1_1_1_1_1_182_1_1_1_1_1_239", "X_1_1_1_1_1_181_1_1_1_1_1_239", "X_1_1_1_1_1_180_1_1_1_1_1_239", "X_1_1_1_1_1_179_1_1_1_1_1_239", "X_1_1_1_1_1_178_1_1_1_1_1_239", "X_1_1_1_1_1_177_1_1_1_1_1_239", "X_1_1_1_1_1_176_1_1_1_1_1_239", "X_1_1_1_1_1_175_1_1_1_1_1_239", "X_1_1_1_1_1_174_1_1_1_1_1_239", "X_1_1_1_1_1_173_1_1_1_1_1_239", "X_1_1_1_1_1_172_1_1_1_1_1_239", "X_1_1_1_1_1_171_1_1_1_1_1_239", "X_1_1_1_1_1_170_1_1_1_1_1_239", "X_1_1_1_1_1_169_1_1_1_1_1_239", "X_1_1_1_1_1_168_1_1_1_1_1_239", "X_1_1_1_1_1_167_1_1_1_1_1_239", "X_1_1_1_1_1_166_1_1_1_1_1_239", "X_1_1_1_1_1_165_1_1_1_1_1_239", "X_1_1_1_1_1_164_1_1_1_1_1_239", "X_1_1_1_1_1_163_1_1_1_1_1_239", "X_1_1_1_1_1_162_1_1_1_1_1_239", "X_1_1_1_1_1_161_1_1_1_1_1_239", "X_1_1_1_1_1_160_1_1_1_1_1_239", "X_1_1_1_1_1_159_1_1_1_1_1_239", "X_1_1_1_1_1_158_1_1_1_1_1_239", "X_1_1_1_1_1_157_1_1_1_1_1_239", "X_1_1_1_1_1_156_1_1_1_1_1_239", "X_1_1_1_1_1_155_1_1_1_1_1_239", "X_1_1_1_1_1_154_1_1_1_1_1_239", "X_1_1_1_1_1_153_1_1_1_1_1_239", "X_1_1_1_1_1_152_1_1_1_1_1_239", "X_1_1_1_1_1_151_1_1_1_1_1_239", "X_1_1_1_1_1_150_1_1_1_1_1_239", "X_1_1_1_1_1_149_1_1_1_1_1_239", "X_1_1_1_1_1_148_1_1_1_1_1_239", "X_1_1_1_1_1_147_1_1_1_1_1_239", "X_1_1_1_1_1_146_1_1_1_1_1_239", "X_1_1_1_1_1_145_1_1_1_1_1_239", "X_1_1_1_1_1_144_1_1_1_1_1_239", "X_1_1_1_1_1_143_1_1_1_1_1_239", "X_1_1_1_1_1_142_1_1_1_1_1_239", "X_1_1_1_1_1_141_1_1_1_1_1_239", "X_1_1_1_1_1_140_1_1_1_1_1_239", "X_1_1_1_1_1_139_1_1_1_1_1_239", "X_1_1_1_1_1_138_1_1_1_1_1_239", "X_1_1_1_1_1_137_1_1_1_1_1_239", "X_1_1_1_1_1_136_1_1_1_1_1_239", "X_1_1_1_1_1_135_1_1_1_1_1_239", "X_1_1_1_1_1_134_1_1_1_1_1_239", "X_1_1_1_1_1_133_1_1_1_1_1_239", "X_1_1_1_1_1_132_1_1_1_1_1_239", "X_1_1_1_1_1_131_1_1_1_1_1_239", "X_1_1_1_1_1_130_1_1_1_1_1_239", "X_1_1_1_1_1_129_1_1_1_1_1_239", "X_1_1_1_1_1_128_1_1_1_1_1_239", "X_1_1_1_1_1_127_1_1_1_1_1_239", "X_1_1_1_1_1_126_1_1_1_1_1_239", "X_1_1_1_1_1_125_1_1_1_1_1_239", "X_1_1_1_1_1_124_1_1_1_1_1_239", "X_1_1_1_1_1_123_1_1_1_1_1_239", "X_1_1_1_1_1_122_1_1_1_1_1_239", "X_1_1_1_1_1_121_1_1_1_1_1_239", "X_1_1_1_1_1_120_1_1_1_1_1_239", "X_1_1_1_1_1_119_1_1_1_1_1_239", "X_1_1_1_1_1_118_1_1_1_1_1_239", "X_1_1_1_1_1_117_1_1_1_1_1_239", "X_1_1_1_1_1_116_1_1_1_1_1_239", "X_1_1_1_1_1_115_1_1_1_1_1_239", "X_1_1_1_1_1_114_1_1_1_1_1_239", "X_1_1_1_1_1_113_1_1_1_1_1_239", "X_1_1_1_1_1_112_1_1_1_1_1_239", "X_1_1_1_1_1_111_1_1_1_1_1_239", "X_1_1_1_1_1_110_1_1_1_1_1_239", "X_1_1_1_1_1_109_1_1_1_1_1_239", "X_1_1_1_1_1_108_1_1_1_1_1_239", "X_1_1_1_1_1_107_1_1_1_1_1_239", "X_1_1_1_1_1_106_1_1_1_1_1_239", "X_1_1_1_1_1_105_1_1_1_1_1_239", "X_1_1_1_1_1_104_1_1_1_1_1_239", "X_1_1_1_1_1_103_1_1_1_1_1_239", "X_1_1_1_1_1_102_1_1_1_1_1_239", "X_1_1_1_1_1_101_1_1_1_1_1_239", "X_1_1_1_1_1_100_1_1_1_1_1_239", "X_1_1_1_1_1_99_1_1_1_1_1_239", "X_1_1_1_1_1_98_1_1_1_1_1_239", "X_1_1_1_1_1_97_1_1_1_1_1_239", "X_1_1_1_1_1_96_1_1_1_1_1_239", "X_1_1_1_1_1_95_1_1_1_1_1_239", "X_1_1_1_1_1_94_1_1_1_1_1_239", "X_1_1_1_1_1_93_1_1_1_1_1_239", "X_1_1_1_1_1_92_1_1_1_1_1_239", "X_1_1_1_1_1_91_1_1_1_1_1_239", "X_1_1_1_1_1_90_1_1_1_1_1_239", "X_1_1_1_1_1_89_1_1_1_1_1_239", "X_1_1_1_1_1_88_1_1_1_1_1_239", "X_1_1_1_1_1_87_1_1_1_1_1_239", "X_1_1_1_1_1_86_1_1_1_1_1_239", "X_1_1_1_1_1_85_1_1_1_1_1_239", "X_1_1_1_1_1_84_1_1_1_1_1_239", "X_1_1_1_1_1_83_1_1_1_1_1_239", "X_1_1_1_1_1_82_1_1_1_1_1_239", "X_1_1_1_1_1_81_1_1_1_1_1_239", "X_1_1_1_1_1_80_1_1_1_1_1_239", "X_1_1_1_1_1_79_1_1_1_1_1_239", "X_1_1_1_1_1_78_1_1_1_1_1_239", "X_1_1_1_1_1_77_1_1_1_1_1_239", "X_1_1_1_1_1_76_1_1_1_1_1_239", "X_1_1_1_1_1_75_1_1_1_1_1_239", "X_1_1_1_1_1_74_1_1_1_1_1_239", "X_1_1_1_1_1_73_1_1_1_1_1_239", "X_1_1_1_1_1_72_1_1_1_1_1_239", "X_1_1_1_1_1_71_1_1_1_1_1_239", "X_1_1_1_1_1_70_1_1_1_1_1_239", "X_1_1_1_1_1_69_1_1_1_1_1_239", "X_1_1_1_1_1_68_1_1_1_1_1_239", "X_1_1_1_1_1_67_1_1_1_1_1_239", "X_1_1_1_1_1_66_1_1_1_1_1_239", "X_1_1_1_1_1_65_1_1_1_1_1_239", "X_1_1_1_1_1_64_1_1_1_1_1_239", "X_1_1_1_1_1_63_1_1_1_1_1_239", "X_1_1_1_1_1_62_1_1_1_1_1_239", "X_1_1_1_1_1_61_1_1_1_1_1_239", "X_1_1_1_1_1_60_1_1_1_1_1_239", "X_1_1_1_1_1_59_1_1_1_1_1_239", "X_1_1_1_1_1_58_1_1_1_1_1_239", "X_1_1_1_1_1_57_1_1_1_1_1_239", "X_1_1_1_1_1_56_1_1_1_1_1_239", "X_1_1_1_1_1_55_1_1_1_1_1_239", "X_1_1_1_1_1_54_1_1_1_1_1_239", "X_1_1_1_1_1_53_1_1_1_1_1_239", "X_1_1_1_1_1_52_1_1_1_1_1_239", "X_1_1_1_1_1_51_1_1_1_1_1_239", "X_1_1_1_1_1_50_1_1_1_1_1_239", "X_1_1_1_1_1_49_1_1_1_1_1_239", "X_1_1_1_1_1_48_1_1_1_1_1_239", "X_1_1_1_1_1_47_1_1_1_1_1_239", "X_1_1_1_1_1_46_1_1_1_1_1_239", "X_1_1_1_1_1_45_1_1_1_1_1_239", "X_1_1_1_1_1_44_1_1_1_1_1_239", "X_1_1_1_1_1_43_1_1_1_1_1_239", "X_1_1_1_1_1_42_1_1_1_1_1_239", "X_1_1_1_1_1_41_1_1_1_1_1_239", "X_1_1_1_1_1_40_1_1_1_1_1_239", "X_1_1_1_1_1_39_1_1_1_1_1_239", "X_1_1_1_1_1_38_1_1_1_1_1_239", "X_1_1_1_1_1_37_1_1_1_1_1_239", "X_1_1_1_1_1_36_1_1_1_1_1_239", "X_1_1_1_1_1_35_1_1_1_1_1_239", "X_1_1_1_1_1_34_1_1_1_1_1_239", "X_1_1_1_1_1_33_1_1_1_1_1_239", "X_1_1_1_1_1_32_1_1_1_1_1_239", "X_1_1_1_1_1_31_1_1_1_1_1_239", "X_1_1_1_1_1_30_1_1_1_1_1_239", "X_1_1_1_1_1_29_1_1_1_1_1_239", "X_1_1_1_1_1_28_1_1_1_1_1_239", "X_1_1_1_1_1_27_1_1_1_1_1_239", "X_1_1_1_1_1_26_1_1_1_1_1_239", "X_1_1_1_1_1_25_1_1_1_1_1_239", "X_1_1_1_1_1_24_1_1_1_1_1_239", "X_1_1_1_1_1_23_1_1_1_1_1_239", "X_1_1_1_1_1_22_1_1_1_1_1_239", "X_1_1_1_1_1_21_1_1_1_1_1_239", "X_1_1_1_1_1_20_1_1_1_1_1_239", "X_1_1_1_1_1_19_1_1_1_1_1_239", "X_1_1_1_1_1_18_1_1_1_1_1_239", "X_1_1_1_1_1_17_1_1_1_1_1_239", "X_1_1_1_1_1_16_1_1_1_1_1_239", "X_1_1_1_1_1_15_1_1_1_1_1_239", "X_1_1_1_1_1_14_1_1_1_1_1_239", "X_1_1_1_1_1_13_1_1_1_1_1_239", "X_1_1_1_1_1_12_1_1_1_1_1_239", "X_1_1_1_1_1_11_1_1_1_1_1_239", "X_1_1_1_1_1_10_1_1_1_1_1_239", "X_1_1_1_1_1_9_1_1_1_1_1_239", "X_1_1_1_1_1_8_1_1_1_1_1_239", "X_1_1_1_1_1_7_1_1_1_1_1_239", "X_1_1_1_1_1_6_1_1_1_1_1_239", "X_1_1_1_1_1_5_1_1_1_1_1_239", "X_1_1_1_1_1_4_1_1_1_1_1_239", "X_1_1_1_1_1_3_1_1_1_1_1_239", "X_1_1_1_1_1_2_1_1_1_1_1_239", "X_1_1_1_1_1_1_1_1_1_1_1_239"], "CsaImage.SlicePosition_PCS": [[82.10557044, -98.56163175, 113.41504139], [81.40640172, -98.55999118, 113.38097676], [80.70723301, -98.55835062, 113.34691212], [80.00806429, -98.55671005, 113.31284748], [79.30889558, -98.55506948, 113.27878285], [78.60972686, -98.55342892, 113.24471821], [77.91055815, -98.55178835, 113.21065357], [77.21138943, -98.55014778, 113.17658894], [76.51222072, -98.54850721, 113.1425243], [75.813052, -98.54686665, 113.10845966], [75.11388329, -98.54522608, 113.07439502], [74.41471457, -98.54358551, 113.04033039], [73.71554586, -98.54194494, 113.00626575], [73.01637714, -98.54030438, 112.97220111], [72.31720843, -98.53866381, 112.93813648], [71.61803971, -98.53702324, 112.90407184], [70.91887099, -98.53538268, 112.8700072], [70.21970228, -98.53374211, 112.83594257], [69.52053356, -98.53210154, 112.80187793], [68.82136485, -98.53046097, 112.76781329], [68.12219613, -98.52882041, 112.73374865], [67.42302742, -98.52717984, 112.69968402], [66.7238587, -98.52553927, 112.66561938], [66.02468999, -98.5238987, 112.63155474], [65.32552127, -98.52225814, 112.59749011], [64.62635256, -98.52061757, 112.56342547], [63.92718384, -98.518977, 112.52936083], [63.22801513, -98.51733643, 112.4952962], [62.52884641, -98.51569587, 112.46123156], [61.8296777, -98.5140553, 112.42716692], [61.13050898, -98.51241473, 112.39310228], [60.43134027, -98.51077417, 112.35903765], [59.73217155, -98.5091336, 112.32497301], [59.03300284, -98.50749303, 112.29090837], [58.33383412, -98.50585246, 112.25684374], [57.63466541, -98.5042119, 112.2227791], [56.93549669, -98.50257133, 112.18871446], [56.23632797, -98.50093076, 112.15464983], [55.53715926, -98.49929019, 112.12058519], [54.83799054, -98.49764963, 112.08652055], [54.13882183, -98.49600906, 112.05245591], [53.43965311, -98.49436849, 112.01839128], [52.7404844, -98.49272793, 111.98432664], [52.04131568, -98.49108736, 111.950262], [51.34214697, -98.48944679, 111.91619737], [50.64297825, -98.48780622, 111.88213273], [49.94380954, -98.48616566, 111.84806809], [49.24464082, -98.48452509, 111.81400346], [48.54547211, -98.48288452, 111.77993882], [47.84630339, -98.48124395, 111.74587418], [47.14713468, -98.47960339, 111.71180954], [46.44796596, -98.47796282, 111.67774491], [45.74879725, -98.47632225, 111.64368027], [45.04962853, -98.47468168, 111.60961563], [44.35045982, -98.47304112, 111.575551], [43.6512911, -98.47140055, 111.54148636], [42.95212239, -98.46975998, 111.50742172], [42.25295367, -98.46811942, 111.47335709], [41.55378495, -98.46647885, 111.43929245], [40.85461624, -98.46483828, 111.40522781], [40.15544752, -98.46319771, 111.37116317], [39.45627881, -98.46155715, 111.33709854], [38.75711009, -98.45991658, 111.3030339], [38.05794138, -98.45827601, 111.26896926], [37.35877266, -98.45663544, 111.23490463], [36.65960395, -98.45499488, 111.20083999], [35.96043523, -98.45335431, 111.16677535], [35.26126652, -98.45171374, 111.13271072], [34.5620978, -98.45007318, 111.09864608], [33.86292909, -98.44843261, 111.06458144], [33.16376037, -98.44679204, 111.0305168], [32.46459166, -98.44515147, 110.99645217], [31.76542294, -98.44351091, 110.96238753], [31.06625423, -98.44187034, 110.92832289], [30.36708551, -98.44022977, 110.89425826], [29.6679168, -98.4385892, 110.86019362], [28.96874808, -98.43694864, 110.82612898], [28.26957937, -98.43530807, 110.79206435], [27.57041065, -98.4336675, 110.75799971], [26.87124194, -98.43202693, 110.72393507], [26.17207322, -98.43038637, 110.68987043], [25.4729045, -98.4287458, 110.6558058], [24.77373579, -98.42710523, 110.62174116], [24.07456707, -98.42546467, 110.58767652], [23.37539836, -98.4238241, 110.55361189], [22.67622964, -98.42218353, 110.51954725], [21.97706093, -98.42054296, 110.48548261], [21.27789221, -98.4189024, 110.45141798], [20.5787235, -98.41726183, 110.41735334], [19.87955478, -98.41562126, 110.3832887], [19.18038607, -98.41398069, 110.34922406], [18.48121735, -98.41234013, 110.31515943], [17.78204864, -98.41069956, 110.28109479], [17.08287992, -98.40905899, 110.24703015], [16.38371121, -98.40741842, 110.21296552], [15.68454249, -98.40577786, 110.17890088], [14.98537378, -98.40413729, 110.14483624], [14.28620506, -98.40249672, 110.11077161], [13.58703635, -98.40085616, 110.07670697], [12.88786763, -98.39921559, 110.04264233], [12.18869892, -98.39757502, 110.00857769], [11.4895302, -98.39593445, 109.97451306], [10.79036148, -98.39429389, 109.94044842], [10.09119277, -98.39265332, 109.90638378], [9.39202405, -98.39101275, 109.87231915], [8.69285534, -98.38937218, 109.83825451], [7.99368662, -98.38773162, 109.80418987], [7.29451791, -98.38609105, 109.77012524], [6.59534919, -98.38445048, 109.7360606], [5.89618048, -98.38280992, 109.70199596], [5.19701176, -98.38116935, 109.66793132], [4.49784305, -98.37952878, 109.63386669], [3.79867433, -98.37788821, 109.59980205], [3.09950562, -98.37624765, 109.56573741], [2.4003369, -98.37460708, 109.53167278], [1.70116819, -98.37296651, 109.49760814], [1.00199947, -98.37132594, 109.4635435], [0.30283076, -98.36968538, 109.42947887], [-0.39633796, -98.36804481, 109.39541423], [-1.09550667, -98.36640424, 109.36134959], [-1.79467539, -98.36476367, 109.32728495], [-2.4938441, -98.36312311, 109.29322032], [-3.19301282, -98.36148254, 109.25915568], [-3.89218154, -98.35984197, 109.22509104], [-4.59135025, -98.35820141, 109.19102641], [-5.29051897, -98.35656084, 109.15696177], [-5.98968768, -98.35492027, 109.12289713], [-6.6888564, -98.3532797, 109.0888325], [-7.38802511, -98.35163914, 109.05476786], [-8.08719383, -98.34999857, 109.02070322], [-8.78636254, -98.348358, 108.98663859], [-9.48553126, -98.34671743, 108.95257395], [-10.18469997, -98.34507687, 108.91850931], [-10.88386869, -98.3434363, 108.88444467], [-11.5830374, -98.34179573, 108.85038004], [-12.28220612, -98.34015517, 108.8163154], [-12.98137483, -98.3385146, 108.78225076], [-13.68054355, -98.33687403, 108.74818613], [-14.37971226, -98.33523346, 108.71412149], [-15.07888098, -98.3335929, 108.68005685], [-15.77804969, -98.33195233, 108.64599222], [-16.47721841, -98.33031176, 108.61192758], [-17.17638712, -98.32867119, 108.57786294], [-17.87555584, -98.32703063, 108.5437983], [-18.57472455, -98.32539006, 108.50973367], [-19.27389327, -98.32374949, 108.47566903], [-19.97306199, -98.32210892, 108.44160439], [-20.6722307, -98.32046836, 108.40753976], [-21.37139942, -98.31882779, 108.37347512], [-22.07056813, -98.31718722, 108.33941048], [-22.76973685, -98.31554666, 108.30534585], [-23.46890556, -98.31390609, 108.27128121], [-24.16807428, -98.31226552, 108.23721657], [-24.86724299, -98.31062495, 108.20315193], [-25.56641171, -98.30898439, 108.1690873], [-26.26558042, -98.30734382, 108.13502266], [-26.96474914, -98.30570325, 108.10095802], [-27.66391785, -98.30406268, 108.06689339], [-28.36308657, -98.30242212, 108.03282875], [-29.06225528, -98.30078155, 107.99876411], [-29.761424, -98.29914098, 107.96469948], [-30.46059271, -98.29750041, 107.93063484], [-31.15976143, -98.29585985, 107.8965702], [-31.85893014, -98.29421928, 107.86250556], [-32.55809886, -98.29257871, 107.82844093], [-33.25726757, -98.29093815, 107.79437629], [-33.95643629, -98.28929758, 107.76031165], [-34.65560501, -98.28765701, 107.72624702], [-35.35477372, -98.28601644, 107.69218238], [-36.05394244, -98.28437588, 107.65811774], [-36.75311115, -98.28273531, 107.62405311], [-37.45227987, -98.28109474, 107.58998847], [-38.15144858, -98.27945417, 107.55592383], [-38.8506173, -98.27781361, 107.52185919], [-39.54978601, -98.27617304, 107.48779456], [-40.24895473, -98.27453247, 107.45372992], [-40.94812344, -98.27289191, 107.41966528], [-41.64729216, -98.27125134, 107.38560065], [-42.34646087, -98.26961077, 107.35153601], [-43.04562959, -98.2679702, 107.31747137], [-43.7447983, -98.26632964, 107.28340674], [-44.44396702, -98.26468907, 107.2493421], [-45.14313573, -98.2630485, 107.21527746], [-45.84230445, -98.26140793, 107.18121282], [-46.54147316, -98.25976737, 107.14714819], [-47.24064188, -98.2581268, 107.11308355], [-47.93981059, -98.25648623, 107.07901891], [-48.63897931, -98.25484566, 107.04495428], [-49.33814802, -98.2532051, 107.01088964], [-50.03731674, -98.25156453, 106.976825], [-50.73648546, -98.24992396, 106.94276037], [-51.43565417, -98.2482834, 106.90869573], [-52.13482289, -98.24664283, 106.87463109], [-52.8339916, -98.24500226, 106.84056645], [-53.53316032, -98.24336169, 106.80650182], [-54.23232903, -98.24172113, 106.77243718], [-54.93149775, -98.24008056, 106.73837254], [-55.63066646, -98.23843999, 106.70430791], [-56.32983518, -98.23679942, 106.67024327], [-57.02900389, -98.23515886, 106.63617863], [-57.72817261, -98.23351829, 106.602114], [-58.42734132, -98.23187772, 106.56804936], [-59.12651004, -98.23023716, 106.53398472], [-59.82567875, -98.22859659, 106.49992008], [-60.52484747, -98.22695602, 106.46585545], [-61.22401618, -98.22531545, 106.43179081], [-61.9231849, -98.22367489, 106.39772617], [-62.62235361, -98.22203432, 106.36366154], [-63.32152233, -98.22039375, 106.3295969], [-64.02069104, -98.21875318, 106.29553226], [-64.71985976, -98.21711262, 106.26146763], [-65.41902848, -98.21547205, 106.22740299], [-66.11819719, -98.21383148, 106.19333835], [-66.81736591, -98.21219091, 106.15927371], [-67.51653462, -98.21055035, 106.12520908], [-68.21570334, -98.20890978, 106.09114444], [-68.91487205, -98.20726921, 106.0570798], [-69.61404077, -98.20562865, 106.02301517], [-70.31320948, -98.20398808, 105.98895053], [-71.0123782, -98.20234751, 105.95488589], [-71.71154691, -98.20070694, 105.92082126], [-72.41071563, -98.19906638, 105.88675662], [-73.10988434, -98.19742581, 105.85269198], [-73.80905306, -98.19578524, 105.81862734], [-74.50822177, -98.19414467, 105.78456271], [-75.20739049, -98.19250411, 105.75049807], [-75.9065592, -98.19086354, 105.71643343], [-76.60572792, -98.18922297, 105.6823688], [-77.30489663, -98.1875824, 105.64830416], [-78.00406535, -98.18594184, 105.61423952], [-78.70323406, -98.18430127, 105.58017489], [-79.40240278, -98.1826607, 105.54611025], [-80.1015715, -98.18102014, 105.51204561], [-80.80074021, -98.17937957, 105.47798097], [-81.49990893, -98.177739, 105.44391634], [-82.19907764, -98.17609843, 105.4098517], [-82.89824636, -98.17445787, 105.37578706], [-83.59741507, -98.1728173, 105.34172243], [-84.29658379, -98.17117673, 105.30765779], [-84.9957525, -98.16953616, 105.27359315], [-85.69492122, -98.1678956, 105.23952852], [-86.39408993, -98.16625503, 105.20546388], [-87.09325865, -98.16461446, 105.17139924], [-87.79242736, -98.1629739, 105.1373346], [-88.49159608, -98.16133333, 105.10326997], [-89.19076479, -98.15969276, 105.06920533], [-89.88993351, -98.15805219, 105.03514069], [-90.58910222, -98.15641163, 105.00107606], [-91.28827094, -98.15477106, 104.96701142], [-91.98743965, -98.15313049, 104.93294678], [-92.68660837, -98.15148992, 104.89888215], [-93.38577708, -98.14984936, 104.86481751], [-94.0849458, -98.14820879, 104.83075287], [-94.78411451, -98.14656822, 104.79668823], [-95.48328323, -98.14492765, 104.7626236], [-96.18245195, -98.14328709, 104.72855896]], "ImagePositionPatient": [[82.105570438236, -98.561631752292, 113.41504139399], [81.406401723006, -98.559991184979, 113.380976757], [80.707233007776, -98.558350617666, 113.34691212], [80.008064292546, -98.556710050353, 113.31284748301], [79.308895577317, -98.55506948304, 113.27878284602], [78.609726862087, -98.553428915726, 113.24471820903], [77.910558146857, -98.551788348413, 113.21065357204], [77.211389431627, -98.5501477811, 113.17658893504], [76.512220716397, -98.548507213787, 113.14252429805], [75.813052001167, -98.546866646474, 113.10845966106], [75.113883285937, -98.545226079161, 113.07439502407], [74.414714570707, -98.543585511848, 113.04033038708], [73.715545855478, -98.541944944535, 113.00626575008], [73.016377140248, -98.540304377222, 112.97220111309], [72.317208425018, -98.538663809909, 112.9381364761], [71.618039709788, -98.537023242595, 112.90407183911], [70.918870994558, -98.535382675282, 112.87000720211], [70.219702279328, -98.533742107969, 112.83594256512], [69.520533564098, -98.532101540656, 112.80187792813], [68.821364848868, -98.530460973343, 112.76781329114], [68.122196133639, -98.52882040603, 112.73374865415], [67.423027418409, -98.527179838717, 112.69968401715], [66.723858703179, -98.525539271404, 112.66561938016], [66.024689987949, -98.523898704091, 112.63155474317], [65.325521272719, -98.522258136778, 112.59749010618], [64.626352557489, -98.520617569464, 112.56342546919], [63.927183842259, -98.518977002151, 112.52936083219], [63.22801512703, -98.517336434838, 112.4952961952], [62.5288464118, -98.515695867525, 112.46123155821], [61.82967769657, -98.514055300212, 112.42716692122], [61.13050898134, -98.512414732899, 112.39310228422], [60.43134026611, -98.510774165586, 112.35903764723], [59.73217155088, -98.509133598273, 112.32497301024], [59.03300283565, -98.50749303096, 112.29090837325], [58.33383412042, -98.505852463647, 112.25684373626], [57.634665405191, -98.504211896333, 112.22277909926], [56.935496689961, -98.50257132902, 112.18871446227], [56.236327974731, -98.500930761707, 112.15464982528], [55.537159259501, -98.499290194394, 112.12058518829], [54.837990544271, -98.497649627081, 112.0865205513], [54.138821829041, -98.496009059768, 112.0524559143], [53.439653113811, -98.494368492455, 112.01839127731], [52.740484398582, -98.492727925142, 111.98432664032], [52.041315683352, -98.491087357829, 111.95026200333], [51.342146968122, -98.489446790516, 111.91619736633], [50.642978252892, -98.487806223202, 111.88213272934], [49.943809537662, -98.486165655889, 111.84806809235], [49.244640822432, -98.484525088576, 111.81400345536], [48.545472107202, -98.482884521263, 111.77993881837], [47.846303391972, -98.48124395395, 111.74587418137], [47.147134676743, -98.479603386637, 111.71180954438], [46.447965961513, -98.477962819324, 111.67774490739], [45.748797246283, -98.476322252011, 111.6436802704], [45.049628531053, -98.474681684698, 111.60961563341], [44.350459815823, -98.473041117385, 111.57555099641], [43.651291100593, -98.471400550071, 111.54148635942], [42.952122385363, -98.469759982758, 111.50742172243], [42.252953670134, -98.468119415445, 111.47335708544], [41.553784954904, -98.466478848132, 111.43929244844], [40.854616239674, -98.464838280819, 111.40522781145], [40.155447524444, -98.463197713506, 111.37116317446], [39.456278809214, -98.461557146193, 111.33709853747], [38.757110093984, -98.45991657888, 111.30303390048], [38.057941378754, -98.458276011567, 111.26896926348], [37.358772663524, -98.456635444254, 111.23490462649], [36.659603948295, -98.454994876941, 111.2008399895], [35.960435233065, -98.453354309627, 111.16677535251], [35.261266517835, -98.451713742314, 111.13271071552], [34.562097802605, -98.450073175001, 111.09864607852], [33.862929087375, -98.448432607688, 111.06458144153], [33.163760372145, -98.446792040375, 111.03051680454], [32.464591656915, -98.445151473062, 110.99645216755], [31.765422941685, -98.443510905749, 110.96238753055], [31.066254226456, -98.441870338436, 110.92832289356], [30.367085511226, -98.440229771123, 110.89425825657], [29.667916795996, -98.43858920381, 110.86019361958], [28.968748080766, -98.436948636496, 110.82612898259], [28.269579365536, -98.435308069183, 110.79206434559], [27.570410650306, -98.43366750187, 110.7579997086], [26.871241935076, -98.432026934557, 110.72393507161], [26.172073219847, -98.430386367244, 110.68987043462], [25.472904504617, -98.428745799931, 110.65580579763], [24.773735789387, -98.427105232618, 110.62174116063], [24.074567074157, -98.425464665305, 110.58767652364], [23.375398358927, -98.423824097992, 110.55361188665], [22.676229643697, -98.422183530679, 110.51954724966], [21.977060928467, -98.420542963365, 110.48548261266], [21.277892213237, -98.418902396052, 110.45141797567], [20.578723498008, -98.417261828739, 110.41735333868], [19.879554782778, -98.415621261426, 110.38328870169], [19.180386067548, -98.413980694113, 110.3492240647], [18.481217352318, -98.4123401268, 110.3151594277], [17.782048637088, -98.410699559487, 110.28109479071], [17.082879921858, -98.409058992174, 110.24703015372], [16.383711206628, -98.407418424861, 110.21296551673], [15.684542491399, -98.405777857548, 110.17890087974], [14.985373776169, -98.404137290234, 110.14483624274], [14.286205060939, -98.402496722921, 110.11077160575], [13.587036345709, -98.400856155608, 110.07670696876], [12.887867630479, -98.399215588295, 110.04264233177], [12.188698915249, -98.397575020982, 110.00857769477], [11.489530200019, -98.395934453669, 109.97451305778], [10.790361484789, -98.394293886356, 109.94044842079], [10.09119276956, -98.392653319043, 109.9063837838], [9.3920240543297, -98.39101275173, 109.87231914681], [8.6928553390998, -98.389372184417, 109.83825450981], [7.99368662387, -98.387731617103, 109.80418987282], [7.2945179086401, -98.38609104979, 109.77012523583], [6.5953491934102, -98.384450482477, 109.73606059884], [5.8961804781804, -98.382809915164, 109.70199596185], [5.1970117629505, -98.381169347851, 109.66793132485], [4.4978430477206, -98.379528780538, 109.63386668786], [3.7986743324908, -98.377888213225, 109.59980205087], [3.0995056172609, -98.376247645912, 109.56573741388], [2.400336902031, -98.374607078599, 109.53167277688], [1.7011681868012, -98.372966511286, 109.49760813989], [1.0019994715713, -98.371325943972, 109.4635435029], [0.30283075634142, -98.369685376659, 109.42947886591], [-0.3963379588884, -98.368044809346, 109.39541422892], [-1.0955066741183, -98.366404242033, 109.36134959192], [-1.7946753893482, -98.36476367472, 109.32728495493], [-2.493844104578, -98.363123107407, 109.29322031794], [-3.1930128198079, -98.361482540094, 109.25915568095], [-3.8921815350378, -98.359841972781, 109.22509104396], [-4.5913502502677, -98.358201405468, 109.19102640696], [-5.2905189654975, -98.356560838155, 109.15696176997], [-5.9896876807274, -98.354920270841, 109.12289713298], [-6.6888563959573, -98.353279703528, 109.08883249599], [-7.3880251111871, -98.351639136215, 109.05476785899], [-8.087193826417, -98.349998568902, 109.020703222], [-8.7863625416469, -98.348358001589, 108.98663858501], [-9.4855312568767, -98.346717434276, 108.95257394802], [-10.184699972107, -98.345076866963, 108.91850931103], [-10.883868687336, -98.34343629965, 108.88444467403], [-11.583037402566, -98.341795732337, 108.85038003704], [-12.282206117796, -98.340155165024, 108.81631540005], [-12.981374833026, -98.338514597711, 108.78225076306], [-13.680543548256, -98.336874030397, 108.74818612607], [-14.379712263486, -98.335233463084, 108.71412148907], [-15.078880978716, -98.333592895771, 108.68005685208], [-15.778049693946, -98.331952328458, 108.64599221509], [-16.477218409175, -98.330311761145, 108.6119275781], [-17.176387124405, -98.328671193832, 108.5778629411], [-17.875555839635, -98.327030626519, 108.54379830411], [-18.574724554865, -98.325390059206, 108.50973366712], [-19.273893270095, -98.323749491893, 108.47566903013], [-19.973061985325, -98.32210892458, 108.44160439314], [-20.672230700555, -98.320468357266, 108.40753975614], [-21.371399415784, -98.318827789953, 108.37347511915], [-22.070568131014, -98.31718722264, 108.33941048216], [-22.769736846244, -98.315546655327, 108.30534584517], [-23.468905561474, -98.313906088014, 108.27128120818], [-24.168074276704, -98.312265520701, 108.23721657118], [-24.867242991934, -98.310624953388, 108.20315193419], [-25.566411707164, -98.308984386075, 108.1690872972], [-26.265580422394, -98.307343818762, 108.13502266021], [-26.964749137623, -98.305703251449, 108.10095802321], [-27.663917852853, -98.304062684135, 108.06689338622], [-28.363086568083, -98.302422116822, 108.03282874923], [-29.062255283313, -98.300781549509, 107.99876411224], [-29.761423998543, -98.299140982196, 107.96469947525], [-30.460592713773, -98.297500414883, 107.93063483825], [-31.159761429003, -98.29585984757, 107.89657020126], [-31.858930144233, -98.294219280257, 107.86250556427], [-32.558098859462, -98.292578712944, 107.82844092728], [-33.257267574692, -98.290938145631, 107.79437629029], [-33.956436289922, -98.289297578318, 107.76031165329], [-34.655605005152, -98.287657011004, 107.7262470163], [-35.354773720382, -98.286016443691, 107.69218237931], [-36.053942435612, -98.284375876378, 107.65811774232], [-36.753111150842, -98.282735309065, 107.62405310532], [-37.452279866071, -98.281094741752, 107.58998846833], [-38.151448581301, -98.279454174439, 107.55592383134], [-38.850617296531, -98.277813607126, 107.52185919435], [-39.549786011761, -98.276173039813, 107.48779455736], [-40.248954726991, -98.2745324725, 107.45372992036], [-40.948123442221, -98.272891905187, 107.41966528337], [-41.647292157451, -98.271251337873, 107.38560064638], [-42.346460872681, -98.26961077056, 107.35153600939], [-43.04562958791, -98.267970203247, 107.3174713724], [-43.74479830314, -98.266329635934, 107.2834067354], [-44.44396701837, -98.264689068621, 107.24934209841], [-45.1431357336, -98.263048501308, 107.21527746142], [-45.84230444883, -98.261407933995, 107.18121282443], [-46.54147316406, -98.259767366682, 107.14714818743], [-47.24064187929, -98.258126799369, 107.11308355044], [-47.939810594519, -98.256486232056, 107.07901891345], [-48.638979309749, -98.254845664742, 107.04495427646], [-49.338148024979, -98.253205097429, 107.01088963947], [-50.037316740209, -98.251564530116, 106.97682500247], [-50.736485455439, -98.249923962803, 106.94276036548], [-51.435654170669, -98.24828339549, 106.90869572849], [-52.134822885899, -98.246642828177, 106.8746310915], [-52.833991601129, -98.245002260864, 106.84056645451], [-53.533160316358, -98.243361693551, 106.80650181751], [-54.232329031588, -98.241721126238, 106.77243718052], [-54.931497746818, -98.240080558925, 106.73837254353], [-55.630666462048, -98.238439991611, 106.70430790654], [-56.329835177278, -98.236799424298, 106.67024326954], [-57.029003892508, -98.235158856985, 106.63617863255], [-57.728172607738, -98.233518289672, 106.60211399556], [-58.427341322968, -98.231877722359, 106.56804935857], [-59.126510038197, -98.230237155046, 106.53398472158], [-59.825678753427, -98.228596587733, 106.49992008458], [-60.524847468657, -98.22695602042, 106.46585544759], [-61.224016183887, -98.225315453107, 106.4317908106], [-61.923184899117, -98.223674885794, 106.39772617361], [-62.622353614347, -98.22203431848, 106.36366153662], [-63.321522329577, -98.220393751167, 106.32959689962], [-64.020691044806, -98.218753183854, 106.29553226263], [-64.719859760036, -98.217112616541, 106.26146762564], [-65.419028475266, -98.215472049228, 106.22740298865], [-66.118197190496, -98.213831481915, 106.19333835165], [-66.817365905726, -98.212190914602, 106.15927371466], [-67.516534620956, -98.210550347289, 106.12520907767], [-68.215703336186, -98.208909779976, 106.09114444068], [-68.914872051416, -98.207269212663, 106.05707980369], [-69.614040766645, -98.205628645349, 106.02301516669], [-70.313209481875, -98.203988078036, 105.9889505297], [-71.012378197105, -98.202347510723, 105.95488589271], [-71.711546912335, -98.20070694341, 105.92082125572], [-72.410715627565, -98.199066376097, 105.88675661873], [-73.109884342795, -98.197425808784, 105.85269198173], [-73.809053058025, -98.195785241471, 105.81862734474], [-74.508221773254, -98.194144674158, 105.78456270775], [-75.207390488484, -98.192504106845, 105.75049807076], [-75.906559203714, -98.190863539532, 105.71643343376], [-76.605727918944, -98.189222972219, 105.68236879677], [-77.304896634174, -98.187582404905, 105.64830415978], [-78.004065349404, -98.185941837592, 105.61423952279], [-78.703234064634, -98.184301270279, 105.5801748858], [-79.402402779864, -98.182660702966, 105.5461102488], [-80.101571495093, -98.181020135653, 105.51204561181], [-80.800740210323, -98.17937956834, 105.47798097482], [-81.499908925553, -98.177739001027, 105.44391633783], [-82.199077640783, -98.176098433714, 105.40985170084], [-82.898246356013, -98.174457866401, 105.37578706384], [-83.597415071243, -98.172817299088, 105.34172242685], [-84.296583786473, -98.171176731774, 105.30765778986], [-84.995752501702, -98.169536164461, 105.27359315287], [-85.694921216932, -98.167895597148, 105.23952851587], [-86.394089932162, -98.166255029835, 105.20546387888], [-87.093258647392, -98.164614462522, 105.17139924189], [-87.792427362622, -98.162973895209, 105.1373346049], [-88.491596077852, -98.161333327896, 105.10326996791], [-89.190764793082, -98.159692760583, 105.06920533091], [-89.889933508312, -98.15805219327, 105.03514069392], [-90.589102223541, -98.156411625957, 105.00107605693], [-91.288270938771, -98.154771058643, 104.96701141994], [-91.987439654001, -98.15313049133, 104.93294678295], [-92.686608369231, -98.151489924017, 104.89888214595], [-93.385777084461, -98.149849356704, 104.86481750896], [-94.084945799691, -98.148208789391, 104.83075287197], [-94.784114514921, -98.146568222078, 104.79668823498], [-95.483283230151, -98.144927654765, 104.76262359798], [-96.18245194538, -98.143287087452, 104.72855896099]], "InstanceCreationTime": ["080241.203000", "080241.203000", "080241.203000", "080241.203000", "080241.203000", "080241.187000", "080241.187000", "080241.187000", "080241.187000", "080241.187000", "080241.187000", "080241.171000", "080241.171000", "080241.171000", "080241.171000", "080241.171000", "080241.171000", "080241.171000", "080241.156000", "080241.156000", "080241.156000", "080241.140000", "080241.140000", "080241.140000", "080241.140000", "080241.140000", "080241.140000", "080241.140000", "080241.125000", "080241.125000", "080241.125000", "080241.125000", "080241.125000", "080241.125000", "080241.125000", "080241.109000", "080241.109000", "080241.109000", "080241.109000", "080241.093000", "080241.093000", "080241.093000", "080241.093000", "080241.093000", "080241.093000", "080241.078000", "080241.078000", "080241.078000", "080241.078000", "080241.078000", "080241.078000", "080241.078000", "080241.062000", "080241.062000", "080241.062000", "080241.062000", "080239.656000", "080239.656000", "080239.656000", "080239.656000", "080239.656000", "080239.640000", "080239.640000", "080239.640000", "080239.640000", "080239.640000", "080239.640000", "080239.640000", "080239.640000", "080239.625000", "080239.625000", "080239.625000", "080239.625000", "080239.609000", "080239.609000", "080239.609000", "080239.593000", "080239.593000", "080239.593000", "080239.593000", "080239.593000", "080239.593000", "080239.578000", "080239.578000", "080239.578000", "080239.578000", "080239.578000", "080239.578000", "080239.562000", "080239.562000", "080239.562000", "080239.562000", "080239.562000", "080239.562000", "080239.546000", "080239.546000", "080239.546000", "080239.546000", "080239.531000", "080239.531000", "080239.531000", "080239.531000", "080239.531000", "080239.531000", "080239.531000", "080239.531000", "080239.515000", "080239.515000", "080239.515000", "080239.515000", "080239.515000", "080239.515000", "080239.515000", "080239.515000", "080239.500000", "080239.500000", "080239.500000", "080239.500000", "080239.500000", "080239.500000", "080239.500000", "080239.500000", "080239.484000", "080239.484000", "080239.484000", "080239.484000", "080239.484000", "080239.484000", "080239.484000", "080239.468000", "080239.468000", "080239.468000", "080239.468000", "080239.468000", "080239.468000", "080239.453000", "080239.453000", "080239.453000", "080239.453000", "080239.453000", "080239.453000", "080239.453000", "080239.437000", "080239.437000", "080239.437000", "080239.437000", "080239.437000", "080239.437000", "080239.421000", "080239.421000", "080239.406000", "080239.406000", "080239.406000", "080239.406000", "080239.406000", "080239.406000", "080239.390000", "080239.390000", "080239.390000", "080239.390000", "080239.390000", "080239.390000", "080239.375000", "080239.375000", "080239.375000", "080239.359000", "080239.359000", "080239.359000", "080239.359000", "080239.359000", "080239.359000", "080239.359000", "080239.343000", "080239.343000", "080239.343000", "080239.343000", "080239.343000", "080239.343000", "080239.328000", "080239.328000", "080239.328000", "080239.328000", "080239.312000", "080239.312000", "080239.312000", "080239.312000", "080239.312000", "080239.312000", "080239.312000", "080239.296000", "080239.296000", "080239.296000", "080239.296000", "080239.296000", "080239.296000", "080239.296000", "080239.296000", "080239.296000", "080239.281000", "080239.281000", "080239.281000", "080239.281000", "080239.281000", "080239.281000", "080239.281000", "080239.281000", "080239.265000", "080239.265000", "080239.265000", "080239.265000", "080239.265000", "080239.250000", "080239.250000", "080239.250000", "080239.250000", "080239.250000", "080239.250000", "080239.250000", "080239.250000", "080239.250000", "080239.234000", "080239.234000", "080239.234000", "080239.234000", "080239.234000", "080239.234000", "080239.234000", "080239.234000", "080239.218000", "080239.218000", "080239.218000", "080239.218000", "080239.218000", "080239.203000", "080239.203000", "080239.203000", "080239.203000", "080239.203000", "080239.187000", "080239.187000", "080239.187000", "080239.187000", "080239.187000", "080239.171000", "080239.171000", "080239.171000", "080239.171000", "080239.171000", "080239.171000", "080239.171000", "080239.171000", "080239.156000", "080239.156000", "080239.156000", "080239.140000", "080239.140000"], "InstanceNumber": [256, 255, 254, 253, 252, 251, 250, 249, 248, 247, 246, 245, 244, 243, 242, 241, 240, 239, 238, 237, 236, 235, 234, 233, 232, 231, 230, 229, 228, 227, 226, 225, 224, 223, 222, 221, 220, 219, 218, 217, 216, 215, 214, 213, 212, 211, 210, 209, 208, 207, 206, 205, 204, 203, 202, 201, 200, 199, 198, 197, 196, 195, 194, 193, 192, 191, 190, 189, 188, 187, 186, 185, 184, 183, 182, 181, 180, 179, 178, 177, 176, 175, 174, 173, 172, 171, 170, 169, 168, 167, 166, 165, 164, 163, 162, 161, 160, 159, 158, 157, 156, 155, 154, 153, 152, 151, 150, 149, 148, 147, 146, 145, 144, 143, 142, 141, 140, 139, 138, 137, 136, 135, 134, 133, 132, 131, 130, 129, 128, 127, 126, 125, 124, 123, 122, 121, 120, 119, 118, 117, 116, 115, 114, 113, 112, 111, 110, 109, 108, 107, 106, 105, 104, 103, 102, 101, 100, 99, 98, 97, 96, 95, 94, 93, 92, 91, 90, 89, 88, 87, 86, 85, 84, 83, 82, 81, 80, 79, 78, 77, 76, 75, 74, 73, 72, 71, 70, 69, 68, 67, 66, 65, 64, 63, 62, 61, 60, 59, 58, 57, 56, 55, 54, 53, 52, 51, 50, 49, 48, 47, 46, 45, 44, 43, 42, 41, 40, 39, 38, 37, 36, 35, 34, 33, 32, 31, 30, 29, 28, 27, 26, 25, 24, 23, 22, 21, 20, 19, 18, 17, 16, 15, 14, 13, 12, 11, 10, 9, 8, 7, 6, 5, 4, 3, 2, 1], "LargestImagePixelValue": [517, 346, 363, 1039, 1552, 1393, 1351, 1676, 1896, 2087, 2179, 2140, 2150, 2038, 1643, 1615, 1605, 1647, 1394, 1355, 1288, 1437, 1386, 1408, 1335, 1339, 1501, 1622, 1520, 1386, 1406, 1562, 1626, 1692, 1639, 1489, 1471, 1438, 1593, 1457, 1467, 1531, 1636, 1713, 1776, 1945, 1960, 2183, 1957, 2105, 2304, 2061, 2408, 2297, 2262, 2203, 2304, 2315, 2301, 2247, 2337, 2402, 2333, 2655, 2783, 2750, 2855, 3324, 3417, 3176, 3055, 3155, 3207, 2948, 3081, 3174, 3090, 3207, 3331, 3191, 3109, 3274, 3428, 3569, 3659, 3785, 3980, 3873, 4095, 3935, 3846, 3913, 3953, 3848, 3992, 3734, 4095, 3872, 3306, 3380, 3189, 3149, 2775, 2796, 2938, 3115, 3048, 3022, 3150, 2928, 3303, 3804, 4095, 4095, 4052, 2926, 2181, 2324, 2290, 2241, 2209, 1782, 1844, 1799, 1992, 1832, 1906, 1834, 1883, 2153, 1967, 1945, 2399, 1804, 1658, 1850, 1841, 2042, 2011, 2191, 2111, 2093, 2137, 2603, 2402, 2366, 2594, 2338, 2486, 2410, 2427, 2380, 2535, 2480, 2392, 2459, 2974, 3524, 3714, 3580, 3573, 3317, 3027, 2944, 3352, 3378, 3312, 2885, 3035, 3437, 3538, 3447, 3415, 3097, 3544, 3417, 3200, 3420, 3758, 3859, 3782, 3718, 3580, 3465, 3364, 3238, 3104, 3059, 3042, 3245, 3170, 3261, 3142, 3262, 3625, 3337, 3044, 3316, 3268, 3071, 3450, 3243, 2885, 2893, 3137, 2623, 2922, 2531, 2692, 2482, 2633, 2447, 2334, 2223, 2042, 2114, 1957, 2102, 1851, 2059, 2119, 2122, 1996, 2152, 2059, 1883, 1912, 2390, 2081, 1967, 1645, 1675, 1632, 1641, 1597, 1727, 1731, 1772, 1862, 1957, 2168, 2565, 2557, 2651, 2817, 2667, 2657, 2566, 2193, 1564, 1216, 649, 827, 546, 434, 400], "SliceLocation": [87.758266355129, 87.05826636705, 86.358266378971, 85.658266390892, 84.958266402813, 84.258266414734, 83.558266426655, 82.858266438576, 82.158266450497, 81.458266462418, 80.758266474338, 80.058266486259, 79.35826649818, 78.658266510101, 77.958266522022, 77.258266533943, 76.558266545864, 75.858266557785, 75.158266569706, 74.458266581627, 73.758266593548, 73.058266605469, 72.35826661739, 71.658266629311, 70.958266641231, 70.258266653152, 69.558266665073, 68.858266676994, 68.158266688915, 67.458266700836, 66.758266712757, 66.058266724678, 65.358266736599, 64.65826674852, 63.958266760441, 63.258266772362, 62.558266784283, 61.858266796204, 61.158266808125, 60.458266820045, 59.758266831966, 59.058266843887, 58.358266855808, 57.658266867729, 56.95826687965, 56.258266891571, 55.558266903492, 54.858266915413, 54.158266927334, 53.458266939255, 52.758266951176, 52.058266963097, 51.358266975018, 50.658266986938, 49.958266998859, 49.25826701078, 48.558267022701, 47.858267034622, 47.158267046543, 46.458267058464, 45.758267070385, 45.058267082306, 44.358267094227, 43.658267106148, 42.958267118069, 42.25826712999, 41.558267141911, 40.858267153831, 40.158267165752, 39.458267177673, 38.758267189594, 38.058267201515, 37.358267213436, 36.658267225357, 35.958267237278, 35.258267249199, 34.55826726112, 33.858267273041, 33.158267284962, 32.458267296883, 31.758267308804, 31.058267320724, 30.358267332645, 29.658267344566, 28.958267356487, 28.258267368408, 27.558267380329, 26.85826739225, 26.158267404171, 25.458267416092, 24.758267428013, 24.058267439934, 23.358267451855, 22.658267463776, 21.958267475697, 21.258267487617, 20.558267499538, 19.858267511459, 19.15826752338, 18.458267535301, 17.758267547222, 17.058267559143, 16.358267571064, 15.658267582985, 14.958267594906, 14.258267606827, 13.558267618748, 12.858267630669, 12.15826764259, 11.45826765451, 10.758267666431, 10.058267678352, 9.3582676902732, 8.6582677021942, 7.9582677141151, 7.258267726036, 6.558267737957, 5.8582677498779, 5.1582677617988, 4.4582677737197, 3.7582677856407, 3.0582677975616, 2.3582678094825, 1.6582678214035, 0.95826783332439, 0.25826784524532, -0.4417321428338, -1.1417321309128, -1.8417321189919, -2.541732107071, -3.24173209515, -3.9417320832291, -4.6417320713082, -5.3417320593873, -6.0417320474663, -6.7417320355454, -7.4417320236245, -8.1417320117035, -8.8417319997826, -9.5417319878617, -10.241731975941, -10.94173196402, -11.641731952099, -12.341731940178, -13.041731928257, -13.741731916336, -14.441731904415, -15.141731892494, -15.841731880573, -16.541731868652, -17.241731856731, -17.941731844811, -18.64173183289, -19.341731820969, -20.041731809048, -20.741731797127, -21.441731785206, -22.141731773285, -22.841731761364, -23.541731749443, -24.241731737522, -24.941731725601, -25.64173171368, -26.341731701759, -27.041731689838, -27.741731677918, -28.441731665997, -29.141731654076, -29.841731642155, -30.541731630234, -31.241731618313, -31.941731606392, -32.641731594471, -33.34173158255, -34.041731570629, -34.741731558708, -35.441731546787, -36.141731534866, -36.841731522945, -37.541731511025, -38.241731499104, -38.941731487183, -39.641731475262, -40.341731463341, -41.04173145142, -41.741731439499, -42.441731427578, -43.141731415657, -43.841731403736, -44.541731391815, -45.241731379894, -45.941731367973, -46.641731356052, -47.341731344132, -48.041731332211, -48.74173132029, -49.441731308369, -50.141731296448, -50.841731284527, -51.541731272606, -52.241731260685, -52.941731248764, -53.641731236843, -54.341731224922, -55.041731213001, -55.74173120108, -56.441731189159, -57.141731177239, -57.841731165318, -58.541731153397, -59.241731141476, -59.941731129555, -60.641731117634, -61.341731105713, -62.041731093792, -62.741731081871, -63.44173106995, -64.141731058029, -64.841731046108, -65.541731034187, -66.241731022266, -66.941731010346, -67.641730998425, -68.341730986504, -69.041730974583, -69.741730962662, -70.441730950741, -71.14173093882, -71.841730926899, -72.541730914978, -73.241730903057, -73.941730891136, -74.641730879215, -75.341730867294, -76.041730855373, -76.741730843453, -77.441730831532, -78.141730819611, -78.84173080769, -79.541730795769, -80.241730783848, -80.941730771927, -81.641730760006, -82.341730748085, -83.041730736164, -83.741730724243, -84.441730712322, -85.141730700401, -85.84173068848, -86.541730676559, -87.241730664639, -87.941730652718, -88.641730640797, -89.341730628876, -90.041730616955, -90.741730605034], "WindowCenter": [90.0, 79.0, 81.0, 127.0, 163.0, 149.0, 149.0, 180.0, 227.0, 332.0, 464.0, 513.0, 541.0, 521.0, 407.0, 431.0, 461.0, 509.0, 528.0, 543.0, 523.0, 540.0, 569.0, 592.0, 598.0, 609.0, 615.0, 618.0, 617.0, 613.0, 610.0, 611.0, 608.0, 608.0, 606.0, 607.0, 611.0, 617.0, 627.0, 633.0, 641.0, 649.0, 657.0, 664.0, 671.0, 679.0, 686.0, 695.0, 703.0, 711.0, 718.0, 721.0, 728.0, 736.0, 744.0, 752.0, 761.0, 768.0, 775.0, 780.0, 785.0, 791.0, 797.0, 804.0, 811.0, 815.0, 820.0, 828.0, 833.0, 837.0, 842.0, 847.0, 852.0, 858.0, 865.0, 873.0, 881.0, 889.0, 899.0, 907.0, 913.0, 920.0, 926.0, 932.0, 939.0, 947.0, 954.0, 959.0, 965.0, 967.0, 968.0, 969.0, 971.0, 970.0, 969.0, 969.0, 970.0, 966.0, 961.0, 960.0, 959.0, 958.0, 959.0, 960.0, 960.0, 962.0, 964.0, 964.0, 966.0, 965.0, 965.0, 966.0, 968.0, 974.0, 969.0, 955.0, 945.0, 940.0, 934.0, 928.0, 921.0, 911.0, 900.0, 890.0, 881.0, 868.0, 860.0, 853.0, 858.0, 871.0, 883.0, 898.0, 910.0, 915.0, 920.0, 929.0, 936.0, 943.0, 949.0, 954.0, 956.0, 958.0, 958.0, 961.0, 963.0, 966.0, 969.0, 969.0, 971.0, 972.0, 972.0, 970.0, 969.0, 968.0, 966.0, 964.0, 963.0, 963.0, 962.0, 960.0, 957.0, 955.0, 954.0, 953.0, 952.0, 951.0, 951.0, 950.0, 949.0, 951.0, 953.0, 954.0, 955.0, 957.0, 958.0, 955.0, 947.0, 940.0, 932.0, 919.0, 905.0, 894.0, 888.0, 883.0, 877.0, 870.0, 865.0, 859.0, 853.0, 848.0, 841.0, 835.0, 829.0, 824.0, 818.0, 811.0, 803.0, 796.0, 787.0, 780.0, 775.0, 768.0, 761.0, 755.0, 749.0, 744.0, 739.0, 732.0, 726.0, 719.0, 714.0, 706.0, 695.0, 686.0, 676.0, 671.0, 660.0, 649.0, 642.0, 642.0, 642.0, 642.0, 639.0, 641.0, 640.0, 640.0, 644.0, 649.0, 646.0, 641.0, 632.0, 630.0, 609.0, 587.0, 575.0, 581.0, 575.0, 545.0, 524.0, 513.0, 510.0, 539.0, 536.0, 539.0, 554.0, 554.0, 529.0, 459.0, 247.0, 154.0, 135.0, 110.0, 118.0, 101.0, 90.0, 88.0], "WindowWidth": [239.0, 217.0, 223.0, 335.0, 420.0, 391.0, 388.0, 461.0, 542.0, 694.0, 905.0, 1016.0, 1089.0, 1040.0, 850.0, 889.0, 951.0, 1049.0, 1102.0, 1143.0, 1100.0, 1135.0, 1207.0, 1265.0, 1277.0, 1302.0, 1313.0, 1314.0, 1312.0, 1301.0, 1293.0, 1295.0, 1287.0, 1285.0, 1278.0, 1281.0, 1288.0, 1298.0, 1319.0, 1331.0, 1347.0, 1363.0, 1377.0, 1390.0, 1402.0, 1416.0, 1427.0, 1442.0, 1454.0, 1465.0, 1474.0, 1478.0, 1488.0, 1499.0, 1512.0, 1525.0, 1540.0, 1553.0, 1566.0, 1574.0, 1582.0, 1591.0, 1599.0, 1611.0, 1621.0, 1626.0, 1636.0, 1652.0, 1660.0, 1666.0, 1672.0, 1680.0, 1686.0, 1694.0, 1705.0, 1718.0, 1732.0, 1746.0, 1760.0, 1776.0, 1788.0, 1804.0, 1816.0, 1830.0, 1846.0, 1872.0, 1893.0, 1910.0, 1932.0, 1935.0, 1933.0, 1933.0, 1938.0, 1934.0, 1921.0, 1912.0, 1911.0, 1890.0, 1861.0, 1857.0, 1845.0, 1837.0, 1834.0, 1836.0, 1836.0, 1836.0, 1837.0, 1838.0, 1839.0, 1834.0, 1833.0, 1837.0, 1858.0, 1897.0, 1875.0, 1811.0, 1781.0, 1775.0, 1763.0, 1752.0, 1745.0, 1728.0, 1714.0, 1703.0, 1695.0, 1677.0, 1660.0, 1647.0, 1653.0, 1672.0, 1692.0, 1717.0, 1737.0, 1744.0, 1755.0, 1769.0, 1781.0, 1792.0, 1800.0, 1810.0, 1810.0, 1807.0, 1805.0, 1814.0, 1817.0, 1824.0, 1828.0, 1826.0, 1824.0, 1822.0, 1821.0, 1819.0, 1820.0, 1824.0, 1823.0, 1823.0, 1831.0, 1845.0, 1847.0, 1845.0, 1839.0, 1833.0, 1829.0, 1828.0, 1830.0, 1830.0, 1830.0, 1830.0, 1833.0, 1848.0, 1872.0, 1882.0, 1894.0, 1905.0, 1918.0, 1915.0, 1887.0, 1873.0, 1855.0, 1813.0, 1763.0, 1740.0, 1732.0, 1724.0, 1719.0, 1709.0, 1701.0, 1693.0, 1685.0, 1679.0, 1671.0, 1665.0, 1661.0, 1657.0, 1651.0, 1639.0, 1615.0, 1599.0, 1583.0, 1572.0, 1565.0, 1552.0, 1541.0, 1531.0, 1524.0, 1515.0, 1509.0, 1497.0, 1489.0, 1478.0, 1468.0, 1454.0, 1436.0, 1420.0, 1404.0, 1395.0, 1379.0, 1359.0, 1350.0, 1352.0, 1357.0, 1359.0, 1356.0, 1360.0, 1359.0, 1359.0, 1368.0, 1384.0, 1381.0, 1374.0, 1357.0, 1353.0, 1305.0, 1253.0, 1226.0, 1240.0, 1225.0, 1147.0, 1092.0, 1052.0, 1030.0, 1088.0, 1081.0, 1089.0, 1130.0, 1128.0, 1047.0, 891.0, 575.0, 412.0, 360.0, 296.0, 310.0, 266.0, 239.0, 238.0]}}}