{"AcquisitionMatrixPE": 96, "AcquisitionNumber": 1, "AcquisitionTime": "17:09:42.192500", "BandwidthPerPixelPhaseEncode": 33.602, "BaseResolution": 96, "BodyPartExamined": "BRAIN", "ConsistencyInfo": "N4_VD11D_LATEST_20110129", "ConversionSoftware": "dcm2niix", "ConversionSoftwareVersion": "v1.0.20210317", "DerivedVendorReportedEchoSpacing": 0.000620003, "DeviceSerialNumber": "45239", "DwellTime": 2.6e-06, "EchoTime": 0.03, "EchoTrainLength": 48, "EffectiveEchoSpacing": 0.000310001, "FlipAngle": 63, "ImageComments": "Unaliased MB4/PE3", "ImageOrientationPatientDICOM": [0.998504, 0.013868, 0.0528853, 0.0207251, 0.799095, -0.600847], "ImageType": ["ORIGINAL", "PRIMARY", "M", "ND", "NORM", "MOSAIC"], "ImagingFrequency": 123.193, "InPlanePhaseEncodingDirectionDICOM": "COL", "InstitutionAddress": "E 24th St. 100,Austin,Southmiddle,US,78712", "InstitutionName": "Univ of Texas at Austin", "InstitutionalDepartmentName": "IRC", "MRAcquisitionType": "2D", "MagneticFieldStrength": 3, "Manufacturer": "Siemens", "ManufacturersModelName": "Skyra", "Modality": "MR", "MultibandAccelerationFactor": 4, "ParallelReductionFactorInPlane": 2, "PartialFourier": 1, "PatientPosition": "HFS", "PercentPhaseFOV": 100, "PercentSampling": 100, "PhaseEncodingDirection": "j-", "PhaseEncodingSteps": 96, "PhaseResolution": 1, "PixelBandwidth": 2005, "ProcedureStepDescription": "Poldrack2^self-scanning", "ProtocolName": "Resting State fMRI MBEPI_matrix96_BW2004", "PulseSequenceDetails": "%CustomerSeq%\\cmrr_mbep2d_bold", "ReceiveCoilActiveElements": "HEA;HEP", "ReceiveCoilName": "Head_32", "ReconMatrixPE": 96, "RefLinesPE": 94, "RepetitionTime": 1.16, "SAR": 0.0932166, "ScanOptions": "FS", "ScanningSequence": "EP", "SequenceName": "epfid2d1_96", "SequenceVariant": "SK", "SeriesDescription": "Resting State fMRI MBEPI_matrix96_BW2004", "SeriesNumber": 9, "ShimSetting": [-2781, 8107, -15449, 163, -253, 186, 82, -90], "SliceThickness": 2, "SliceTiming": [0, 0.4975, 0.9975, 0.3575, 0.855, 0.215, 0.7125, 0.0725, 0.57, 1.0675, 0.4275, 0.925, 0.285, 0.7825, 0.1425, 0.64, 0, 0.4975, 0.9975, 0.3575, 0.855, 0.215, 0.7125, 0.0725, 0.57, 1.0675, 0.4275, 0.925, 0.285, 0.7825, 0.1425, 0.64, 0, 0.4975, 0.9975, 0.3575, 0.855, 0.215, 0.7125, 0.0725, 0.57, 1.0675, 0.4275, 0.925, 0.285, 0.7825, 0.1425, 0.64, 0, 0.4975, 0.9975, 0.3575, 0.855, 0.215, 0.7125, 0.0725, 0.57, 1.0675, 0.4275, 0.925, 0.285, 0.7825, 0.1425, 0.64], "SoftwareVersions": "syngo MR D11", "SpacingBetweenSlices": 2.4, "StationName": "AWP45239", "TaskName": "Resting fmri", "TotalReadoutTime": 0.0294501, "TxRefAmp": 337.722, "WipMemBlock": "69d9ef83-6988-4d41-a4dc-e390ff98c730||Sequence: VD11D r195; Nov 21 2012 15:36:10 by eja", "dcmmeta_affine": [[-2.392249822616577, 0.04965398833155632, 0.12142303586006165, 111.75616455078125], [-0.033225346356630325, 1.914499282836914, -1.4425063133239746, -65.81169128417969], [0.1267043799161911, 1.4395291805267334, 1.9142705202102661, -94.04108428955078], [0.0, 0.0, 0.0, 1.0]], "dcmmeta_reorient_transform": [[0.0, -1.0, 0.0, 95.0], [1.0, 0.0, 0.0, 0.0], [0.0, 0.0, 1.0, 0.0], [0.0, 0.0, 0.0, 1.0]], "dcmmeta_shape": [96, 96, 64, 518], "dcmmeta_slice_dim": 2, "dcmmeta_version": 0.6, "global": {"const": {"AcquisitionMatrix": [96, 0, 0, 96], "AngioFlag": "N", "BitsAllocated": 16, "BitsStored": 16, "BodyPartExamined": "BRAIN", "Columns": 768, "EchoNumbers": 1, "EchoTime": 30.0, "EchoTrainLength": 48, "FlipAngle": 63.0, "HighBit": 15, "ImageOrientationPatient": [0.99850429330296, 0.0138679709772, 0.05288530643324, 0.02072514292963, 0.79909536418578, -0.600846958374], "ImagePositionPatient": [-936.95295989324, -770.50120043419, 483.82329620272], "ImageType": ["ORIGINAL", "PRIMARY", "M", "ND", "NORM", "MOSAIC"], "ImagedNucleus": "1H", "ImagingFrequency": 123.193342, "InPlanePhaseEncodingDirection": "COL", "MRAcquisitionType": "2D", "MagneticFieldStrength": 3.0, "Manufacturer": "SIEMENS", "ManufacturerModelName": "Skyra", "Modality": "MR", "NumberOfAverages": 1.0, "NumberOfPhaseEncodingSteps": 96, "PercentPhaseFieldOfView": 100.0, "PercentSampling": 100.0, "PerformedProcedureStepStartTime": "165913.078000", "PhotometricInterpretation": "MONOCHROME2", "PixelBandwidth": 2005.0, "PixelRepresentation": 0, "PixelSpacing": [2.3958332538605, 2.3958332538605], "ProtocolName": "Resting State fMRI MBEPI_matrix96_BW2004", "RepetitionTime": 1160.0, "Rows": 768, "SAR": 0.09321656011226, "SamplesPerPixel": 1, "ScanOptions": "FS", "ScanningSequence": "EP", "SequenceName": "epfid2d1_96", "SequenceVariant": "SK", "SeriesDescription": "Resting State fMRI MBEPI_matrix96_BW2004", "SeriesNumber": 9, "SeriesTime": "171025.281000", "SliceLocation": -29.798552513763, "SliceThickness": 2.0, "SmallestImagePixelValue": 0, "SoftwareVersions": "syngo MR D11", "SpacingBetweenSlices": 2.3999999473964, "SpecificCharacterSet": "ISO_IR 100", "StudyID": "1", "StudyTime": "165913.031000", "TransmitCoilName": "Body", "VariableFlipAngleFlag": "N", "WindowCenterWidthExplanation": "Algo1", "dBdt": 0.0}, "slices": {}}, "time": {"samples": {"AcquisitionNumber": [1, 2, 3, 4, 5, 6, 7, 8, 9, 10, 11, 12, 13, 14, 15, 16, 17, 18, 19, 20, 21, 22, 23, 24, 25, 26, 27, 28, 29, 30, 31, 32, 33, 34, 35, 36, 37, 38, 39, 40, 41, 42, 43, 44, 45, 46, 47, 48, 49, 50, 51, 52, 53, 54, 55, 56, 57, 58, 59, 60, 61, 62, 63, 64, 65, 66, 67, 68, 69, 70, 71, 72, 73, 74, 75, 76, 77, 78, 79, 80, 81, 82, 83, 84, 85, 86, 87, 88, 89, 90, 91, 92, 93, 94, 95, 96, 97, 98, 99, 100, 101, 102, 103, 104, 105, 106, 107, 108, 109, 110, 111, 112, 113, 114, 115, 116, 117, 118, 119, 120, 121, 122, 123, 124, 125, 126, 127, 128, 129, 130, 131, 132, 133, 134, 135, 136, 137, 138, 139, 140, 141, 142, 143, 144, 145, 146, 147, 148, 149, 150, 151, 152, 153, 154, 155, 156, 157, 158, 159, 160, 161, 162, 163, 164, 165, 166, 167, 168, 169, 170, 171, 172, 173, 174, 175, 176, 177, 178, 179, 180, 181, 182, 183, 184, 185, 186, 187, 188, 189, 190, 191, 192, 193, 194, 195, 196, 197, 198, 199, 200, 201, 202, 203, 204, 205, 206, 207, 208, 209, 210, 211, 212, 213, 214, 215, 216, 217, 218, 219, 220, 221, 222, 223, 224, 225, 226, 227, 228, 229, 230, 231, 232, 233, 234, 235, 236, 237, 238, 239, 240, 241, 242, 243, 244, 245, 246, 247, 248, 249, 250, 251, 252, 253, 254, 255, 256, 257, 258, 259, 260, 261, 262, 263, 264, 265, 266, 267, 268, 269, 270, 271, 272, 273, 274, 275, 276, 277, 278, 279, 280, 281, 282, 283, 284, 285, 286, 287, 288, 289, 290, 291, 292, 293, 294, 295, 296, 297, 298, 299, 300, 301, 302, 303, 304, 305, 306, 307, 308, 309, 310, 311, 312, 313, 314, 315, 316, 317, 318, 319, 320, 321, 322, 323, 324, 325, 326, 327, 328, 329, 330, 331, 332, 333, 334, 335, 336, 337, 338, 339, 340, 341, 342, 343, 344, 345, 346, 347, 348, 349, 350, 351, 352, 353, 354, 355, 356, 357, 358, 359, 360, 361, 362, 363, 364, 365, 366, 367, 368, 369, 370, 371, 372, 373, 374, 375, 376, 377, 378, 379, 380, 381, 382, 383, 384, 385, 386, 387, 388, 389, 390, 391, 392, 393, 394, 395, 396, 397, 398, 399, 400, 401, 402, 403, 404, 405, 406, 407, 408, 409, 410, 411, 412, 413, 414, 415, 416, 417, 418, 419, 420, 421, 422, 423, 424, 425, 426, 427, 428, 429, 430, 431, 432, 433, 434, 435, 436, 437, 438, 439, 440, 441, 442, 443, 444, 445, 446, 447, 448, 449, 450, 451, 452, 453, 454, 455, 456, 457, 458, 459, 460, 461, 462, 463, 464, 465, 466, 467, 468, 469, 470, 471, 472, 473, 474, 475, 476, 477, 478, 479, 480, 481, 482, 483, 484, 485, 486, 487, 488, 489, 490, 491, 492, 493, 494, 495, 496, 497, 498, 499, 500, 501, 502, 503, 504, 505, 506, 507, 508, 509, 510, 511, 512, 513, 514, 515, 516, 517, 518], "AcquisitionTime": ["170942.192500", "171011.192500", "171012.352500", "171013.512500", "171014.672500", "171015.832500", "171016.992500", "171018.152500", "171019.312500", "171020.472500", "171021.632500", "171022.792500", "171023.952500", "171025.112500", "171026.272500", "171027.432500", "171028.592500", "171029.752500", "171030.912500", "171032.072500", "171033.232500", "171034.392500", "171035.552500", "171036.712500", "171037.872500", "171039.032500", "171040.192500", "171041.352500", "171042.512500", "171043.672500", "171044.832500", "171045.992500", "171047.152500", "171048.312500", "171049.472500", "171050.632500", "171051.792500", "171052.952500", "171054.112500", "171055.272500", "171056.432500", "171057.592500", "171058.752500", "171059.912500", "171101.072500", "171102.232500", "171103.392500", "171104.552500", "171105.712500", "171106.872500", "171108.032500", "171109.192500", "171110.352500", "171111.512500", "171112.672500", "171113.832500", "171114.992500", "171116.152500", "171117.312500", "171118.472500", "171119.632500", "171120.792500", "171121.952500", "171123.112500", "171124.272500", "171125.432500", "171126.592500", "171127.752500", "171128.912500", "171130.072500", "171131.232500", "171132.392500", "171133.552500", "171134.712500", "171135.872500", "171137.032500", "171138.192500", "171139.352500", "171140.512500", "171141.672500", "171142.832500", "171143.992500", "171145.152500", "171146.312500", "171147.472500", "171148.632500", "171149.792500", "171150.952500", "171152.112500", "171153.272500", "171154.432500", "171155.592500", "171156.752500", "171157.912500", "171159.072500", "171200.232500", "171201.392500", "171202.552500", "171203.712500", "171204.872500", "171206.032500", "171207.192500", "171208.352500", "171209.512500", "171210.672500", "171211.832500", "171212.992500", "171214.155000", "171215.315000", "171216.475000", "171217.635000", "171218.795000", "171219.955000", "171221.115000", "171222.275000", "171223.435000", "171224.595000", "171225.755000", "171226.915000", "171228.075000", "171229.235000", "171230.395000", "171231.555000", "171232.715000", "171233.875000", "171235.035000", "171236.195000", "171237.355000", "171238.515000", "171239.675000", "171240.835000", "171241.995000", "171243.155000", "171244.315000", "171245.475000", "171246.635000", "171247.795000", "171248.955000", "171250.115000", "171251.275000", "171252.435000", "171253.595000", "171254.755000", "171255.915000", "171257.075000", "171258.235000", "171259.395000", "171300.555000", "171301.715000", "171302.875000", "171304.035000", "171305.195000", "171306.355000", "171307.515000", "171308.675000", "171309.835000", "171310.995000", "171312.155000", "171313.315000", "171314.475000", "171315.635000", "171316.795000", "171317.955000", "171319.115000", "171320.275000", "171321.435000", "171322.595000", "171323.755000", "171324.915000", "171326.075000", "171327.235000", "171328.395000", "171329.555000", "171330.715000", "171331.875000", "171333.035000", "171334.195000", "171335.355000", "171336.515000", "171337.675000", "171338.835000", "171339.995000", "171341.155000", "171342.315000", "171343.475000", "171344.635000", "171345.795000", "171346.955000", "171348.115000", "171349.275000", "171350.435000", "171351.595000", "171352.755000", "171353.915000", "171355.075000", "171356.235000", "171357.395000", "171358.555000", "171359.715000", "171400.875000", "171402.035000", "171403.195000", "171404.355000", "171405.515000", "171406.675000", "171407.835000", "171408.995000", "171410.155000", "171411.315000", "171412.475000", "171413.635000", "171414.795000", "171415.955000", "171417.115000", "171418.275000", "171419.435000", "171420.595000", "171421.755000", "171422.915000", "171424.075000", "171425.235000", "171426.395000", "171427.555000", "171428.715000", "171429.875000", "171431.035000", "171432.195000", "171433.355000", "171434.515000", "171435.675000", "171436.835000", "171437.995000", "171439.155000", "171440.315000", "171441.475000", "171442.635000", "171443.795000", "171444.955000", "171446.115000", "171447.275000", "171448.435000", "171449.595000", "171450.755000", "171451.915000", "171453.075000", "171454.235000", "171455.395000", "171456.555000", "171457.715000", "171458.875000", "171500.035000", "171501.195000", "171502.355000", "171503.515000", "171504.675000", "171505.835000", "171506.995000", "171508.155000", "171509.315000", "171510.475000", "171511.635000", "171512.795000", "171513.955000", "171515.115000", "171516.275000", "171517.435000", "171518.595000", "171519.755000", "171520.915000", "171522.075000", "171523.235000", "171524.395000", "171525.555000", "171526.715000", "171527.875000", "171529.035000", "171530.195000", "171531.355000", "171532.515000", "171533.675000", "171534.835000", "171535.995000", "171537.155000", "171538.315000", "171539.475000", "171540.635000", "171541.795000", "171542.955000", "171544.115000", "171545.275000", "171546.435000", "171547.595000", "171548.755000", "171549.915000", "171551.075000", "171552.235000", "171553.395000", "171554.555000", "171555.715000", "171556.875000", "171558.035000", "171559.195000", "171600.355000", "171601.515000", "171602.675000", "171603.835000", "171604.995000", "171606.155000", "171607.315000", "171608.475000", "171609.635000", "171610.795000", "171611.955000", "171613.115000", "171614.275000", "171615.435000", "171616.595000", "171617.755000", "171618.915000", "171620.075000", "171621.235000", "171622.395000", "171623.555000", "171624.715000", "171625.875000", "171627.035000", "171628.195000", "171629.355000", "171630.515000", "171631.675000", "171632.835000", "171633.995000", "171635.155000", "171636.315000", "171637.475000", "171638.635000", "171639.795000", "171640.955000", "171642.115000", "171643.275000", "171644.435000", "171645.595000", "171646.755000", "171647.915000", "171649.075000", "171650.235000", "171651.395000", "171652.555000", "171653.715000", "171654.875000", "171656.035000", "171657.195000", "171658.355000", "171659.515000", "171700.675000", "171701.835000", "171702.995000", "171704.157500", "171705.317500", "171706.477500", "171707.637500", "171708.797500", "171709.957500", "171711.117500", "171712.277500", "171713.437500", "171714.597500", "171715.757500", "171716.917500", "171718.077500", "171719.237500", "171720.397500", "171721.557500", "171722.717500", "171723.877500", "171725.037500", "171726.197500", "171727.357500", "171728.517500", "171729.677500", "171730.837500", "171731.997500", "171733.157500", "171734.317500", "171735.477500", "171736.637500", "171737.797500", "171738.957500", "171740.117500", "171741.277500", "171742.437500", "171743.597500", "171744.757500", "171745.917500", "171747.077500", "171748.237500", "171749.397500", "171750.557500", "171751.717500", "171752.877500", "171754.037500", "171755.197500", "171756.357500", "171757.517500", "171758.677500", "171759.837500", "171800.997500", "171802.157500", "171803.317500", "171804.477500", "171805.637500", "171806.797500", "171807.957500", "171809.117500", "171810.277500", "171811.437500", "171812.597500", "171813.757500", "171814.917500", "171816.077500", "171817.237500", "171818.397500", "171819.557500", "171820.717500", "171821.877500", "171823.037500", "171824.197500", "171825.357500", "171826.517500", "171827.677500", "171828.837500", "171829.997500", "171831.157500", "171832.317500", "171833.477500", "171834.637500", "171835.797500", "171836.957500", "171838.117500", "171839.277500", "171840.437500", "171841.597500", "171842.757500", "171843.917500", "171845.077500", "171846.237500", "171847.397500", "171848.557500", "171849.717500", "171850.877500", "171852.037500", "171853.197500", "171854.357500", "171855.517500", "171856.677500", "171857.837500", "171858.997500", "171900.157500", "171901.317500", "171902.477500", "171903.637500", "171904.797500", "171905.957500", "171907.117500", "171908.277500", "171909.437500", "171910.597500", "171911.757500", "171912.917500", "171914.077500", "171915.237500", "171916.397500", "171917.557500", "171918.717500", "171919.877500", "171921.037500", "171922.197500", "171923.357500", "171924.517500", "171925.677500", "171926.837500", "171927.997500", "171929.157500", "171930.317500", "171931.477500", "171932.637500", "171933.797500", "171934.957500", "171936.117500", "171937.277500", "171938.437500", "171939.597500", "171940.757500", "171941.917500", "171943.077500", "171944.237500", "171945.397500", "171946.557500", "171947.717500", "171948.877500", "171950.037500", "171951.197500", "171952.357500", "171953.517500", "171954.677500", "171955.837500", "171956.997500", "171958.157500", "171959.317500", "172000.477500", "172001.637500", "172002.797500", "172003.957500", "172005.117500", "172006.277500", "172007.437500", "172008.597500", "172009.757500"], "ContentTime": ["171025.281000", "171033.109000", "171033.109000", "171033.125000", "171033.125000", "171033.125000", "171033.125000", "171038.109000", "171038.109000", "171038.125000", "171038.125000", "171038.125000", "171043.109000", "171043.109000", "171043.109000", "171048.109000", "171048.109000", "171048.109000", "171048.125000", "171053.109000", "171053.109000", "171053.109000", "171053.125000", "171058.109000", "171058.125000", "171058.125000", "171058.125000", "171103.109000", "171103.109000", "171103.109000", "171103.125000", "171108.109000", "171108.125000", "171108.125000", "171108.125000", "171113.109000", "171113.109000", "171113.109000", "171113.125000", "171118.109000", "171118.109000", "171118.109000", "171118.125000", "171118.125000", "171123.109000", "171123.109000", "171123.125000", "171128.109000", "171128.109000", "171128.125000", "171128.125000", "171128.125000", "171133.109000", "171133.109000", "171133.109000", "171133.125000", "171138.109000", "171138.109000", "171138.109000", "171138.125000", "171143.109000", "171143.109000", "171143.109000", "171143.125000", "171148.109000", "171148.109000", "171148.109000", "171148.125000", "171153.109000", "171153.125000", "171153.125000", "171153.125000", "171158.109000", "171158.109000", "171158.125000", "171158.125000", "171203.109000", "171203.109000", "171203.109000", "171203.125000", "171208.109000", "171208.109000", "171208.109000", "171208.125000", "171213.109000", "171213.109000", "171213.109000", "171213.125000", "171218.109000", "171218.109000", "171218.125000", "171218.125000", "171223.109000", "171223.109000", "171223.109000", "171228.109000", "171228.109000", "171228.109000", "171228.125000", "171233.109000", "171233.109000", "171233.109000", "171233.125000", "171238.109000", "171238.109000", "171238.109000", "171238.125000", "171243.109000", "171243.109000", "171243.109000", "171248.109000", "171248.109000", "171248.125000", "171248.125000", "171253.109000", "171253.109000", "171253.125000", "171253.125000", "171258.109000", "171258.125000", "171258.125000", "171258.125000", "171303.125000", "171303.125000", "171303.140000", "171303.140000", "171308.109000", "171308.109000", "171308.109000", "171308.125000", "171308.125000", "171313.109000", "171313.109000", "171313.125000", "171313.125000", "171318.109000", "171318.109000", "171318.125000", "171318.125000", "171323.109000", "171323.109000", "171323.109000", "171323.125000", "171328.109000", "171328.109000", "171328.109000", "171328.125000", "171333.109000", "171333.109000", "171333.109000", "171333.125000", "171338.109000", "171338.109000", "171338.109000", "171338.125000", "171343.109000", "171343.109000", "171343.109000", "171343.125000", "171348.109000", "171348.109000", "171348.109000", "171348.125000", "171353.109000", "171353.109000", "171353.109000", "171353.125000", "171358.109000", "171358.109000", "171358.109000", "171403.109000", "171403.109000", "171403.109000", "171403.125000", "171408.109000", "171408.109000", "171408.125000", "171408.125000", "171413.109000", "171413.109000", "171413.109000", "171413.125000", "171418.109000", "171418.109000", "171418.109000", "171418.125000", "171423.109000", "171423.109000", "171423.109000", "171423.125000", "171428.109000", "171428.109000", "171428.125000", "171428.125000", "171433.109000", "171433.109000", "171433.125000", "171433.125000", "171438.109000", "171438.109000", "171438.109000", "171438.125000", "171443.109000", "171443.109000", "171443.125000", "171443.125000", "171448.109000", "171448.109000", "171448.125000", "171448.125000", "171453.109000", "171453.109000", "171453.109000", "171453.125000", "171458.109000", "171458.109000", "171458.125000", "171458.125000", "171458.125000", "171503.109000", "171503.109000", "171503.109000", "171503.125000", "171508.109000", "171508.109000", "171508.109000", "171508.125000", "171513.109000", "171513.109000", "171513.109000", "171518.109000", "171518.109000", "171518.109000", "171518.125000", "171523.109000", "171523.109000", "171523.125000", "171523.125000", "171528.109000", "171528.109000", "171528.125000", "171528.125000", "171533.109000", "171533.109000", "171533.109000", "171533.125000", "171538.109000", "171538.109000", "171538.125000", "171543.109000", "171543.109000", "171543.109000", "171543.125000", "171548.109000", "171548.109000", "171548.109000", "171548.125000", "171553.109000", "171553.109000", "171553.125000", "171553.125000", "171558.109000", "171558.109000", "171558.109000", "171558.125000", "171603.109000", "171603.109000", "171603.109000", "171603.125000", "171608.109000", "171608.109000", "171608.125000", "171613.109000", "171613.125000", "171613.125000", "171613.125000", "171618.109000", "171618.109000", "171618.125000", "171618.125000", "171623.109000", "171623.109000", "171623.125000", "171623.125000", "171623.125000", "171628.109000", "171628.109000", "171628.125000", "171633.109000", "171633.109000", "171633.125000", "171633.125000", "171638.109000", "171638.109000", "171638.109000", "171638.125000", "171638.125000", "171643.109000", "171643.109000", "171643.109000", "171648.109000", "171648.109000", "171648.109000", "171648.125000", "171653.109000", "171653.109000", "171653.125000", "171653.125000", "171658.125000", "171658.125000", "171658.125000", "171658.125000", "171703.109000", "171703.109000", "171703.109000", "171703.125000", "171708.109000", "171708.109000", "171708.109000", "171708.125000", "171713.109000", "171713.109000", "171713.109000", "171713.125000", "171718.109000", "171718.109000", "171718.109000", "171718.125000", "171723.109000", "171723.109000", "171723.125000", "171723.125000", "171728.109000", "171728.109000", "171728.125000", "171728.125000", "171733.109000", "171733.109000", "171733.109000", "171733.125000", "171738.109000", "171738.109000", "171738.125000", "171738.125000", "171743.109000", "171743.109000", "171743.109000", "171743.125000", "171748.109000", "171748.109000", "171748.125000", "171748.125000", "171753.109000", "171753.109000", "171753.125000", "171753.125000", "171758.109000", "171758.109000", "171758.109000", "171758.125000", "171803.109000", "171803.109000", "171803.109000", "171803.125000", "171808.109000", "171808.109000", "171808.125000", "171808.125000", "171813.109000", "171813.109000", "171813.125000", "171813.125000", "171818.109000", "171818.109000", "171818.109000", "171818.125000", "171823.109000", "171823.109000", "171823.125000", "171823.125000", "171828.109000", "171828.109000", "171828.125000", "171828.125000", "171828.125000", "171833.109000", "171833.109000", "171833.109000", "171833.125000", "171838.109000", "171838.109000", "171838.125000", "171843.109000", "171843.109000", "171843.125000", "171843.125000", "171848.109000", "171848.109000", "171848.109000", "171848.125000", "171853.109000", "171853.109000", "171853.125000", "171853.125000", "171858.109000", "171858.109000", "171858.125000", "171858.125000", "171903.109000", "171903.109000", "171903.109000", "171903.125000", "171908.109000", "171908.109000", "171908.109000", "171908.125000", "171913.109000", "171913.109000", "171913.125000", "171913.125000", "171918.109000", "171918.109000", "171918.125000", "171918.125000", "171923.109000", "171923.109000", "171923.125000", "171923.125000", "171928.109000", "171928.109000", "171928.125000", "171928.125000", "171933.109000", "171933.109000", "171933.109000", "171933.125000", "171938.109000", "171938.109000", "171938.109000", "171938.125000", "171943.109000", "171943.109000", "171943.109000", "171943.125000", "171948.109000", "171948.109000", "171948.125000", "171948.125000", "171953.109000", "171953.109000", "171953.125000", "171953.125000", "171958.109000", "171958.109000", "171958.109000", "171958.125000", "172003.109000", "172003.109000", "172003.109000", "172008.109000", "172008.109000", "172008.125000", "172008.125000", "172013.109000", "172013.109000", "172013.125000", "172013.125000", "172018.109000", "172018.109000", "172018.125000", "172018.125000", "172023.109000", "172023.109000", "172023.109000", "172023.125000", "172023.125000", "172028.109000", "172028.109000", "172028.109000", "172028.125000", "172033.109000", "172033.109000", "172033.109000", "172033.125000", "172038.109000", "172038.109000", "172038.125000", "172038.125000", "172038.125000", "172043.109000", "172043.109000", "172043.125000", "172043.125000", "172048.109000", "172048.109000", "172048.109000", "172048.125000", "172053.109000", "172053.109000", "172053.109000", "172053.125000", "172058.109000", "172058.109000", "172058.109000", "172058.125000", "172058.125000", "172103.125000", "172103.125000", "172103.125000", "172103.140000", "172108.109000", "172108.109000", "172108.125000", "172108.125000", "172111.765000", "172111.765000", "172111.765000", "172111.781000"], "InstanceCreationTime": ["171025.281000", "171033.109000", "171033.109000", "171033.125000", "171033.125000", "171033.125000", "171033.125000", "171038.109000", "171038.109000", "171038.125000", "171038.125000", "171038.125000", "171043.109000", "171043.109000", "171043.109000", "171048.109000", "171048.109000", "171048.109000", "171048.125000", "171053.109000", "171053.109000", "171053.109000", "171053.125000", "171058.109000", "171058.125000", "171058.125000", "171058.125000", "171103.109000", "171103.109000", "171103.109000", "171103.125000", "171108.109000", "171108.125000", "171108.125000", "171108.125000", "171113.109000", "171113.109000", "171113.109000", "171113.125000", "171118.109000", "171118.109000", "171118.109000", "171118.125000", "171118.125000", "171123.109000", "171123.109000", "171123.125000", "171128.109000", "171128.109000", "171128.125000", "171128.125000", "171128.125000", "171133.109000", "171133.109000", "171133.109000", "171133.125000", "171138.109000", "171138.109000", "171138.109000", "171138.125000", "171143.109000", "171143.109000", "171143.109000", "171143.125000", "171148.109000", "171148.109000", "171148.109000", "171148.125000", "171153.109000", "171153.125000", "171153.125000", "171153.125000", "171158.109000", "171158.109000", "171158.125000", "171158.125000", "171203.109000", "171203.109000", "171203.109000", "171203.125000", "171208.109000", "171208.109000", "171208.109000", "171208.125000", "171213.109000", "171213.109000", "171213.109000", "171213.125000", "171218.109000", "171218.109000", "171218.125000", "171218.125000", "171223.109000", "171223.109000", "171223.109000", "171228.109000", "171228.109000", "171228.109000", "171228.125000", "171233.109000", "171233.109000", "171233.109000", "171233.125000", "171238.109000", "171238.109000", "171238.109000", "171238.125000", "171243.109000", "171243.109000", "171243.109000", "171248.109000", "171248.109000", "171248.125000", "171248.125000", "171253.109000", "171253.109000", "171253.125000", "171253.125000", "171258.109000", "171258.125000", "171258.125000", "171258.125000", "171303.125000", "171303.125000", "171303.140000", "171303.140000", "171308.109000", "171308.109000", "171308.109000", "171308.125000", "171308.125000", "171313.109000", "171313.109000", "171313.125000", "171313.125000", "171318.109000", "171318.109000", "171318.125000", "171318.125000", "171323.109000", "171323.109000", "171323.109000", "171323.125000", "171328.109000", "171328.109000", "171328.109000", "171328.125000", "171333.109000", "171333.109000", "171333.109000", "171333.125000", "171338.109000", "171338.109000", "171338.109000", "171338.125000", "171343.109000", "171343.109000", "171343.109000", "171343.125000", "171348.109000", "171348.109000", "171348.109000", "171348.125000", "171353.109000", "171353.109000", "171353.109000", "171353.125000", "171358.109000", "171358.109000", "171358.109000", "171403.109000", "171403.109000", "171403.109000", "171403.125000", "171408.109000", "171408.109000", "171408.125000", "171408.125000", "171413.109000", "171413.109000", "171413.109000", "171413.125000", "171418.109000", "171418.109000", "171418.109000", "171418.125000", "171423.109000", "171423.109000", "171423.109000", "171423.125000", "171428.109000", "171428.109000", "171428.125000", "171428.125000", "171433.109000", "171433.109000", "171433.125000", "171433.125000", "171438.109000", "171438.109000", "171438.109000", "171438.125000", "171443.109000", "171443.109000", "171443.125000", "171443.125000", "171448.109000", "171448.109000", "171448.125000", "171448.125000", "171453.109000", "171453.109000", "171453.109000", "171453.125000", "171458.109000", "171458.109000", "171458.125000", "171458.125000", "171458.125000", "171503.109000", "171503.109000", "171503.109000", "171503.125000", "171508.109000", "171508.109000", "171508.109000", "171508.125000", "171513.109000", "171513.109000", "171513.109000", "171518.109000", "171518.109000", "171518.109000", "171518.125000", "171523.109000", "171523.109000", "171523.125000", "171523.125000", "171528.109000", "171528.109000", "171528.125000", "171528.125000", "171533.109000", "171533.109000", "171533.109000", "171533.125000", "171538.109000", "171538.109000", "171538.125000", "171543.109000", "171543.109000", "171543.109000", "171543.125000", "171548.109000", "171548.109000", "171548.109000", "171548.125000", "171553.109000", "171553.109000", "171553.125000", "171553.125000", "171558.109000", "171558.109000", "171558.109000", "171558.125000", "171603.109000", "171603.109000", "171603.109000", "171603.125000", "171608.109000", "171608.109000", "171608.125000", "171613.109000", "171613.125000", "171613.125000", "171613.125000", "171618.109000", "171618.109000", "171618.125000", "171618.125000", "171623.109000", "171623.109000", "171623.125000", "171623.125000", "171623.125000", "171628.109000", "171628.109000", "171628.125000", "171633.109000", "171633.109000", "171633.125000", "171633.125000", "171638.109000", "171638.109000", "171638.109000", "171638.125000", "171638.125000", "171643.109000", "171643.109000", "171643.109000", "171648.109000", "171648.109000", "171648.109000", "171648.125000", "171653.109000", "171653.109000", "171653.125000", "171653.125000", "171658.125000", "171658.125000", "171658.125000", "171658.125000", "171703.109000", "171703.109000", "171703.109000", "171703.125000", "171708.109000", "171708.109000", "171708.109000", "171708.125000", "171713.109000", "171713.109000", "171713.109000", "171713.125000", "171718.109000", "171718.109000", "171718.109000", "171718.125000", "171723.109000", "171723.109000", "171723.125000", "171723.125000", "171728.109000", "171728.109000", "171728.125000", "171728.125000", "171733.109000", "171733.109000", "171733.109000", "171733.125000", "171738.109000", "171738.109000", "171738.125000", "171738.125000", "171743.109000", "171743.109000", "171743.109000", "171743.125000", "171748.109000", "171748.109000", "171748.125000", "171748.125000", "171753.109000", "171753.109000", "171753.125000", "171753.125000", "171758.109000", "171758.109000", "171758.109000", "171758.125000", "171803.109000", "171803.109000", "171803.109000", "171803.125000", "171808.109000", "171808.109000", "171808.125000", "171808.125000", "171813.109000", "171813.109000", "171813.125000", "171813.125000", "171818.109000", "171818.109000", "171818.109000", "171818.125000", "171823.109000", "171823.109000", "171823.125000", "171823.125000", "171828.109000", "171828.109000", "171828.125000", "171828.125000", "171828.125000", "171833.109000", "171833.109000", "171833.109000", "171833.125000", "171838.109000", "171838.109000", "171838.125000", "171843.109000", "171843.109000", "171843.125000", "171843.125000", "171848.109000", "171848.109000", "171848.109000", "171848.125000", "171853.109000", "171853.109000", "171853.125000", "171853.125000", "171858.109000", "171858.109000", "171858.125000", "171858.125000", "171903.109000", "171903.109000", "171903.109000", "171903.125000", "171908.109000", "171908.109000", "171908.109000", "171908.125000", "171913.109000", "171913.109000", "171913.125000", "171913.125000", "171918.109000", "171918.109000", "171918.125000", "171918.125000", "171923.109000", "171923.109000", "171923.125000", "171923.125000", "171928.109000", "171928.109000", "171928.125000", "171928.125000", "171933.109000", "171933.109000", "171933.109000", "171933.125000", "171938.109000", "171938.109000", "171938.109000", "171938.125000", "171943.109000", "171943.109000", "171943.109000", "171943.125000", "171948.109000", "171948.109000", "171948.125000", "171948.125000", "171953.109000", "171953.109000", "171953.125000", "171953.125000", "171958.109000", "171958.109000", "171958.109000", "171958.125000", "172003.109000", "172003.109000", "172003.109000", "172008.109000", "172008.109000", "172008.125000", "172008.125000", "172013.109000", "172013.109000", "172013.125000", "172013.125000", "172018.109000", "172018.109000", "172018.125000", "172018.125000", "172023.109000", "172023.109000", "172023.109000", "172023.125000", "172023.125000", "172028.109000", "172028.109000", "172028.109000", "172028.125000", "172033.109000", "172033.109000", "172033.109000", "172033.125000", "172038.109000", "172038.109000", "172038.125000", "172038.125000", "172038.125000", "172043.109000", "172043.109000", "172043.125000", "172043.125000", "172048.109000", "172048.109000", "172048.109000", "172048.125000", "172053.109000", "172053.109000", "172053.109000", "172053.125000", "172058.109000", "172058.109000", "172058.109000", "172058.125000", "172058.125000", "172103.125000", "172103.125000", "172103.125000", "172103.140000", "172108.109000", "172108.109000", "172108.125000", "172108.125000", "172111.765000", "172111.765000", "172111.765000", "172111.781000"], "InstanceNumber": [1, 2, 3, 4, 5, 6, 7, 8, 9, 10, 11, 12, 13, 14, 15, 16, 17, 18, 19, 20, 21, 22, 23, 24, 25, 26, 27, 28, 29, 30, 31, 32, 33, 34, 35, 36, 37, 38, 39, 40, 41, 42, 43, 44, 45, 46, 47, 48, 49, 50, 51, 52, 53, 54, 55, 56, 57, 58, 59, 60, 61, 62, 63, 64, 65, 66, 67, 68, 69, 70, 71, 72, 73, 74, 75, 76, 77, 78, 79, 80, 81, 82, 83, 84, 85, 86, 87, 88, 89, 90, 91, 92, 93, 94, 95, 96, 97, 98, 99, 100, 101, 102, 103, 104, 105, 106, 107, 108, 109, 110, 111, 112, 113, 114, 115, 116, 117, 118, 119, 120, 121, 122, 123, 124, 125, 126, 127, 128, 129, 130, 131, 132, 133, 134, 135, 136, 137, 138, 139, 140, 141, 142, 143, 144, 145, 146, 147, 148, 149, 150, 151, 152, 153, 154, 155, 156, 157, 158, 159, 160, 161, 162, 163, 164, 165, 166, 167, 168, 169, 170, 171, 172, 173, 174, 175, 176, 177, 178, 179, 180, 181, 182, 183, 184, 185, 186, 187, 188, 189, 190, 191, 192, 193, 194, 195, 196, 197, 198, 199, 200, 201, 202, 203, 204, 205, 206, 207, 208, 209, 210, 211, 212, 213, 214, 215, 216, 217, 218, 219, 220, 221, 222, 223, 224, 225, 226, 227, 228, 229, 230, 231, 232, 233, 234, 235, 236, 237, 238, 239, 240, 241, 242, 243, 244, 245, 246, 247, 248, 249, 250, 251, 252, 253, 254, 255, 256, 257, 258, 259, 260, 261, 262, 263, 264, 265, 266, 267, 268, 269, 270, 271, 272, 273, 274, 275, 276, 277, 278, 279, 280, 281, 282, 283, 284, 285, 286, 287, 288, 289, 290, 291, 292, 293, 294, 295, 296, 297, 298, 299, 300, 301, 302, 303, 304, 305, 306, 307, 308, 309, 310, 311, 312, 313, 314, 315, 316, 317, 318, 319, 320, 321, 322, 323, 324, 325, 326, 327, 328, 329, 330, 331, 332, 333, 334, 335, 336, 337, 338, 339, 340, 341, 342, 343, 344, 345, 346, 347, 348, 349, 350, 351, 352, 353, 354, 355, 356, 357, 358, 359, 360, 361, 362, 363, 364, 365, 366, 367, 368, 369, 370, 371, 372, 373, 374, 375, 376, 377, 378, 379, 380, 381, 382, 383, 384, 385, 386, 387, 388, 389, 390, 391, 392, 393, 394, 395, 396, 397, 398, 399, 400, 401, 402, 403, 404, 405, 406, 407, 408, 409, 410, 411, 412, 413, 414, 415, 416, 417, 418, 419, 420, 421, 422, 423, 424, 425, 426, 427, 428, 429, 430, 431, 432, 433, 434, 435, 436, 437, 438, 439, 440, 441, 442, 443, 444, 445, 446, 447, 448, 449, 450, 451, 452, 453, 454, 455, 456, 457, 458, 459, 460, 461, 462, 463, 464, 465, 466, 467, 468, 469, 470, 471, 472, 473, 474, 475, 476, 477, 478, 479, 480, 481, 482, 483, 484, 485, 486, 487, 488, 489, 490, 491, 492, 493, 494, 495, 496, 497, 498, 499, 500, 501, 502, 503, 504, 505, 506, 507, 508, 509, 510, 511, 512, 513, 514, 515, 516, 517, 518], "LargestImagePixelValue": [28372, 27903, 27550, 27380, 27485, 27928, 27495, 27543, 27438, 27492, 27298, 27254, 27091, 27354, 27131, 27457, 32653, 27283, 27127, 27725, 28171, 27971, 28379, 26738, 27155, 27174, 27325, 28217, 26968, 27385, 27162, 27097, 27112, 27159, 28002, 27198, 27161, 27535, 27133, 27819, 27251, 30292, 27533, 27604, 27352, 27034, 27173, 27308, 27768, 27367, 27092, 27177, 27398, 27357, 27290, 27130, 27162, 27111, 27243, 27261, 27237, 27377, 27063, 30576, 27507, 27190, 27158, 27221, 27013, 31495, 27039, 27011, 27297, 26889, 27240, 27107, 27291, 27317, 27206, 27046, 27211, 28162, 27122, 29147, 26897, 27270, 27003, 27088, 27249, 27140, 27469, 29589, 27043, 27167, 27078, 27429, 27374, 27150, 27219, 27246, 27741, 27330, 27254, 27327, 27212, 28837, 27261, 27386, 27203, 27066, 27289, 27314, 32586, 27293, 27386, 27346, 33711, 27086, 27191, 27296, 27234, 27347, 27380, 27343, 27559, 27478, 27516, 27385, 27576, 28505, 28372, 27760, 27255, 31426, 28026, 32396, 27362, 27230, 27250, 27500, 27211, 27346, 27087, 27075, 29547, 27184, 30530, 27496, 27189, 27073, 27206, 27349, 27369, 29948, 27348, 27590, 27412, 27343, 27371, 32373, 27169, 27145, 27506, 27317, 27189, 27274, 27148, 27444, 27144, 27902, 27340, 27108, 27249, 29189, 27885, 27739, 27287, 27272, 27121, 27299, 27490, 27351, 31026, 27330, 27121, 27174, 30020, 27378, 27276, 27301, 27332, 27171, 27362, 27521, 29063, 27108, 27234, 27026, 29817, 26957, 27263, 27249, 28600, 27346, 27325, 27150, 27257, 27145, 27392, 27056, 27340, 27354, 27208, 27425, 27043, 27515, 27135, 27253, 27184, 27177, 27198, 28817, 27169, 27145, 27220, 27083, 27198, 27311, 27274, 27258, 27280, 27546, 27020, 27186, 27140, 26971, 26910, 26990, 30072, 27384, 27155, 27108, 29680, 27334, 27382, 27060, 27290, 29649, 27376, 27462, 27358, 27093, 31800, 27665, 29137, 28758, 26451, 28670, 27289, 26334, 28250, 28098, 28033, 27324, 26753, 26862, 26818, 27149, 27265, 26890, 26909, 27139, 27228, 27202, 27363, 27156, 26913, 26882, 26946, 27229, 27305, 27145, 27186, 31233, 27297, 27086, 27239, 26771, 27028, 28619, 27109, 27293, 27116, 27298, 27287, 27330, 27273, 26940, 27244, 27102, 27480, 27659, 27127, 27281, 27270, 30773, 27673, 27088, 27856, 26912, 26995, 27320, 30149, 27045, 26830, 27131, 27252, 26988, 26997, 26817, 26850, 28273, 27394, 27275, 30104, 26970, 27048, 27274, 27165, 28691, 27799, 27123, 27354, 27510, 27596, 26784, 26815, 27014, 26810, 27203, 27123, 26938, 26957, 26963, 26894, 27245, 27404, 27144, 27046, 27088, 26967, 27197, 27277, 27098, 26896, 27002, 26872, 27143, 27452, 27123, 27133, 26997, 27104, 27013, 27267, 27581, 27046, 27685, 28349, 27032, 27203, 27197, 27075, 26892, 27516, 27036, 27216, 31186, 27220, 27083, 26985, 30466, 27047, 27173, 27094, 26794, 27005, 26920, 27033, 27102, 27010, 26955, 27389, 27162, 26957, 27153, 27238, 27492, 27289, 30013, 27056, 27407, 27081, 28872, 28631, 27205, 27155, 26963, 27029, 27119, 27254, 27168, 26883, 26998, 27215, 27334, 27108, 27198, 27114, 27257, 27326, 27474, 27188, 26759, 26930, 31098, 26976, 27366, 27026, 26897, 26999, 26911, 27730, 27381, 27119, 27828, 26956, 27402, 27306, 27093, 27429, 27399, 26860, 26970, 26991, 26962, 27280, 27220, 27240, 27194, 26983, 27040, 27023, 27196, 26881, 26916, 30713, 26833, 27189, 27025, 27035, 26974, 27102, 27142, 26921, 26974, 30700, 27072, 27109, 26984, 26917, 27185, 27824, 27076, 27142, 27088, 26975, 27056, 28895, 27872, 27475, 27030, 27078, 26811, 27410, 26862, 27151, 27017, 29461, 27001, 27301, 27068, 27162, 27131, 26969, 26925, 27101, 26960, 30555, 26818, 27066, 28836, 27390, 27030, 26939, 27254, 27342, 27219, 27038, 27148, 28722, 26906, 26839, 26708, 30036, 28581, 27325, 27068], "WindowCenter": [10071.0, 10073.0, 10070.0, 10062.0, 10070.0, 10064.0, 10043.0, 10051.0, 10048.0, 10064.0, 10057.0, 10025.0, 10058.0, 10054.0, 10060.0, 10050.0, 10056.0, 10029.0, 10048.0, 10030.0, 10062.0, 10077.0, 10088.0, 10086.0, 10074.0, 10076.0, 10056.0, 10059.0, 10060.0, 10056.0, 10040.0, 10062.0, 10044.0, 10056.0, 10065.0, 10053.0, 10056.0, 10039.0, 10053.0, 10065.0, 10050.0, 10059.0, 10046.0, 10048.0, 10047.0, 10038.0, 10055.0, 10038.0, 10036.0, 10055.0, 10032.0, 10053.0, 10052.0, 10042.0, 10047.0, 10041.0, 10048.0, 10068.0, 10065.0, 10062.0, 10068.0, 10032.0, 10046.0, 10047.0, 10055.0, 10054.0, 10058.0, 10056.0, 10045.0, 10066.0, 10036.0, 10035.0, 10040.0, 10035.0, 10041.0, 10025.0, 10037.0, 10029.0, 10050.0, 10047.0, 10059.0, 10027.0, 10040.0, 10034.0, 10026.0, 10033.0, 10038.0, 10053.0, 10050.0, 10060.0, 10039.0, 10048.0, 10037.0, 10040.0, 10027.0, 10036.0, 10049.0, 10042.0, 10048.0, 10016.0, 10066.0, 10049.0, 10017.0, 10032.0, 10050.0, 10045.0, 10052.0, 10036.0, 10045.0, 10049.0, 10049.0, 10057.0, 10079.0, 10049.0, 10046.0, 10040.0, 10066.0, 10032.0, 10038.0, 10037.0, 10044.0, 10057.0, 10048.0, 10031.0, 10053.0, 10047.0, 10045.0, 10025.0, 10062.0, 10092.0, 10092.0, 10101.0, 10072.0, 10116.0, 10048.0, 10086.0, 10036.0, 10021.0, 9992.0, 10008.0, 10005.0, 9992.0, 10031.0, 10030.0, 10037.0, 9998.0, 10027.0, 10006.0, 10006.0, 10003.0, 10008.0, 10009.0, 10003.0, 10026.0, 10020.0, 10019.0, 10028.0, 10016.0, 10043.0, 10048.0, 10028.0, 10021.0, 10032.0, 10036.0, 10020.0, 10026.0, 10025.0, 10021.0, 10021.0, 10044.0, 10032.0, 10026.0, 10052.0, 10036.0, 10028.0, 10022.0, 10016.0, 10033.0, 10020.0, 10023.0, 10005.0, 10026.0, 10037.0, 10037.0, 10038.0, 10036.0, 10042.0, 10033.0, 10034.0, 10033.0, 10043.0, 10046.0, 10036.0, 10041.0, 10058.0, 10074.0, 10085.0, 10034.0, 10045.0, 10003.0, 10011.0, 10023.0, 10009.0, 10018.0, 10021.0, 10025.0, 10006.0, 10009.0, 10016.0, 10005.0, 9990.0, 10014.0, 10010.0, 10024.0, 9998.0, 10020.0, 10010.0, 10024.0, 10032.0, 10020.0, 10022.0, 10031.0, 9994.0, 9995.0, 10020.0, 10024.0, 10029.0, 10001.0, 10030.0, 10014.0, 10026.0, 10018.0, 10011.0, 10026.0, 10000.0, 10016.0, 10046.0, 10021.0, 10035.0, 10016.0, 10025.0, 10029.0, 10021.0, 10016.0, 10027.0, 10016.0, 10032.0, 10052.0, 10043.0, 10031.0, 10010.0, 10040.0, 10036.0, 10079.0, 10039.0, 10073.0, 10081.0, 10105.0, 10057.0, 10022.0, 10074.0, 10045.0, 10048.0, 10002.0, 10005.0, 10005.0, 10001.0, 9992.0, 9966.0, 9995.0, 10007.0, 10029.0, 9997.0, 10005.0, 10015.0, 10008.0, 9999.0, 10022.0, 10013.0, 10026.0, 10015.0, 10016.0, 10021.0, 10022.0, 10006.0, 9989.0, 10004.0, 10022.0, 10004.0, 10012.0, 10017.0, 10011.0, 10014.0, 10013.0, 10026.0, 10027.0, 10004.0, 9998.0, 10024.0, 10025.0, 10020.0, 10037.0, 10033.0, 10014.0, 10025.0, 10031.0, 10002.0, 10019.0, 10023.0, 10048.0, 10029.0, 10033.0, 10047.0, 10018.0, 10001.0, 10021.0, 10008.0, 10003.0, 10020.0, 10028.0, 10028.0, 10022.0, 10023.0, 10002.0, 10026.0, 10015.0, 10011.0, 10025.0, 10012.0, 10052.0, 10081.0, 10052.0, 10056.0, 10035.0, 10038.0, 10002.0, 9991.0, 9980.0, 9983.0, 9988.0, 9992.0, 9998.0, 9993.0, 9996.0, 9985.0, 10005.0, 9997.0, 9993.0, 10033.0, 10012.0, 10010.0, 10008.0, 10020.0, 10033.0, 10008.0, 10029.0, 10000.0, 10013.0, 10014.0, 10007.0, 10009.0, 10015.0, 10008.0, 10014.0, 10013.0, 10020.0, 9998.0, 10015.0, 10036.0, 10000.0, 10011.0, 10019.0, 10007.0, 10045.0, 10022.0, 10032.0, 10025.0, 10015.0, 9998.0, 9981.0, 9989.0, 9990.0, 9985.0, 9979.0, 10018.0, 10021.0, 10018.0, 9994.0, 9992.0, 9998.0, 9999.0, 10040.0, 10032.0, 10017.0, 10046.0, 10030.0, 10047.0, 10041.0, 10038.0, 10033.0, 10029.0, 10014.0, 10037.0, 10026.0, 10004.0, 9999.0, 9996.0, 9996.0, 10012.0, 9984.0, 9981.0, 10005.0, 10000.0, 9985.0, 9987.0, 9986.0, 9996.0, 10021.0, 10029.0, 10021.0, 10021.0, 10027.0, 10022.0, 10028.0, 10012.0, 10020.0, 10018.0, 10003.0, 10007.0, 10006.0, 10017.0, 10006.0, 10014.0, 10010.0, 9988.0, 10005.0, 10010.0, 10016.0, 10011.0, 10028.0, 10009.0, 10014.0, 9985.0, 10000.0, 9994.0, 10012.0, 10014.0, 10028.0, 10013.0, 9996.0, 10004.0, 9997.0, 9989.0, 9980.0, 9986.0, 9994.0, 10021.0, 10001.0, 9991.0, 9999.0, 10013.0, 10007.0, 10017.0, 10025.0, 10024.0, 10018.0, 10034.0, 10008.0, 10011.0, 9996.0, 9989.0, 10003.0, 10012.0, 10001.0, 10013.0, 10018.0, 10005.0, 10028.0, 10026.0, 10020.0, 9999.0, 10003.0, 9995.0, 10021.0, 10020.0, 10014.0, 10000.0, 10016.0, 9995.0, 9992.0, 9984.0, 9998.0, 9996.0, 10005.0, 10009.0, 10013.0, 10029.0, 10024.0, 10034.0, 10001.0, 10019.0, 10027.0, 10013.0, 10011.0, 10019.0, 10031.0, 10038.0, 10032.0, 10033.0, 10029.0, 10040.0, 10001.0, 10010.0, 10013.0, 10024.0, 10020.0, 9982.0, 10001.0], "WindowWidth": [21363.0, 21359.0, 21352.0, 21337.0, 21349.0, 21335.0, 21298.0, 21307.0, 21299.0, 21329.0, 21318.0, 21263.0, 21323.0, 21315.0, 21323.0, 21303.0, 21313.0, 21259.0, 21291.0, 21275.0, 21337.0, 21367.0, 21407.0, 21388.0, 21367.0, 21361.0, 21316.0, 21321.0, 21321.0, 21320.0, 21292.0, 21329.0, 21299.0, 21320.0, 21333.0, 21308.0, 21315.0, 21285.0, 21311.0, 21333.0, 21305.0, 21319.0, 21295.0, 21298.0, 21296.0, 21277.0, 21311.0, 21277.0, 21274.0, 21311.0, 21270.0, 21308.0, 21312.0, 21288.0, 21297.0, 21288.0, 21295.0, 21336.0, 21336.0, 21332.0, 21339.0, 21273.0, 21300.0, 21303.0, 21312.0, 21311.0, 21314.0, 21313.0, 21292.0, 21330.0, 21272.0, 21271.0, 21278.0, 21269.0, 21283.0, 21255.0, 21276.0, 21267.0, 21303.0, 21298.0, 21319.0, 21261.0, 21281.0, 21269.0, 21255.0, 21273.0, 21285.0, 21309.0, 21303.0, 21321.0, 21285.0, 21298.0, 21276.0, 21274.0, 21254.0, 21273.0, 21300.0, 21288.0, 21303.0, 21249.0, 21339.0, 21308.0, 21243.0, 21270.0, 21304.0, 21296.0, 21307.0, 21277.0, 21293.0, 21301.0, 21305.0, 21324.0, 21365.0, 21306.0, 21297.0, 21286.0, 21331.0, 21263.0, 21271.0, 21274.0, 21296.0, 21320.0, 21304.0, 21264.0, 21304.0, 21292.0, 21294.0, 21255.0, 21333.0, 21411.0, 21413.0, 21421.0, 21368.0, 21454.0, 21306.0, 21371.0, 21264.0, 21233.0, 21181.0, 21208.0, 21212.0, 21181.0, 21253.0, 21254.0, 21264.0, 21188.0, 21239.0, 21203.0, 21205.0, 21199.0, 21208.0, 21212.0, 21202.0, 21240.0, 21232.0, 21236.0, 21251.0, 21225.0, 21276.0, 21284.0, 21246.0, 21233.0, 21262.0, 21268.0, 21235.0, 21247.0, 21243.0, 21232.0, 21235.0, 21287.0, 21260.0, 21255.0, 21303.0, 21269.0, 21251.0, 21246.0, 21235.0, 21264.0, 21241.0, 21244.0, 21209.0, 21249.0, 21268.0, 21266.0, 21269.0, 21267.0, 21279.0, 21265.0, 21261.0, 21263.0, 21284.0, 21288.0, 21268.0, 21285.0, 21333.0, 21362.0, 21379.0, 21284.0, 21290.0, 21206.0, 21219.0, 21237.0, 21212.0, 21228.0, 21232.0, 21243.0, 21211.0, 21214.0, 21226.0, 21204.0, 21175.0, 21224.0, 21216.0, 21236.0, 21189.0, 21232.0, 21213.0, 21245.0, 21261.0, 21235.0, 21237.0, 21258.0, 21187.0, 21188.0, 21235.0, 21241.0, 21249.0, 21207.0, 21259.0, 21226.0, 21247.0, 21228.0, 21213.0, 21243.0, 21198.0, 21233.0, 21290.0, 21247.0, 21271.0, 21234.0, 21245.0, 21252.0, 21239.0, 21229.0, 21253.0, 21234.0, 21267.0, 21303.0, 21283.0, 21261.0, 21219.0, 21275.0, 21269.0, 21387.0, 21297.0, 21362.0, 21382.0, 21438.0, 21320.0, 21249.0, 21371.0, 21288.0, 21298.0, 21198.0, 21202.0, 21201.0, 21189.0, 21169.0, 21127.0, 21180.0, 21204.0, 21249.0, 21188.0, 21197.0, 21225.0, 21207.0, 21189.0, 21238.0, 21221.0, 21247.0, 21228.0, 21227.0, 21236.0, 21237.0, 21204.0, 21176.0, 21198.0, 21231.0, 21202.0, 21217.0, 21222.0, 21213.0, 21220.0, 21218.0, 21241.0, 21247.0, 21205.0, 21191.0, 21243.0, 21243.0, 21239.0, 21265.0, 21256.0, 21223.0, 21247.0, 21258.0, 21209.0, 21235.0, 21248.0, 21295.0, 21259.0, 21268.0, 21287.0, 21229.0, 21199.0, 21234.0, 21212.0, 21204.0, 21239.0, 21254.0, 21253.0, 21237.0, 21239.0, 21195.0, 21244.0, 21223.0, 21215.0, 21244.0, 21222.0, 21330.0, 21379.0, 21314.0, 21322.0, 21278.0, 21275.0, 21195.0, 21168.0, 21147.0, 21149.0, 21163.0, 21171.0, 21186.0, 21182.0, 21188.0, 21163.0, 21198.0, 21187.0, 21176.0, 21253.0, 21219.0, 21216.0, 21213.0, 21239.0, 21255.0, 21212.0, 21251.0, 21201.0, 21219.0, 21222.0, 21212.0, 21211.0, 21225.0, 21212.0, 21225.0, 21220.0, 21240.0, 21196.0, 21226.0, 21262.0, 21195.0, 21214.0, 21236.0, 21214.0, 21285.0, 21247.0, 21259.0, 21243.0, 21227.0, 21188.0, 21153.0, 21165.0, 21165.0, 21154.0, 21150.0, 21222.0, 21233.0, 21230.0, 21184.0, 21185.0, 21191.0, 21195.0, 21271.0, 21263.0, 21240.0, 21289.0, 21261.0, 21296.0, 21283.0, 21286.0, 21269.0, 21260.0, 21236.0, 21273.0, 21247.0, 21205.0, 21189.0, 21179.0, 21183.0, 21211.0, 21160.0, 21158.0, 21197.0, 21189.0, 21163.0, 21168.0, 21162.0, 21187.0, 21240.0, 21255.0, 21240.0, 21242.0, 21260.0, 21244.0, 21249.0, 21222.0, 21237.0, 21226.0, 21202.0, 21207.0, 21203.0, 21227.0, 21206.0, 21221.0, 21214.0, 21170.0, 21206.0, 21217.0, 21232.0, 21221.0, 21247.0, 21211.0, 21223.0, 21162.0, 21189.0, 21181.0, 21220.0, 21227.0, 21252.0, 21220.0, 21185.0, 21195.0, 21177.0, 21167.0, 21154.0, 21161.0, 21181.0, 21236.0, 21198.0, 21186.0, 21193.0, 21217.0, 21211.0, 21234.0, 21251.0, 21245.0, 21230.0, 21262.0, 21209.0, 21212.0, 21187.0, 21175.0, 21202.0, 21220.0, 21198.0, 21222.0, 21225.0, 21208.0, 21253.0, 21248.0, 21234.0, 21190.0, 21201.0, 21192.0, 21245.0, 21243.0, 21224.0, 21197.0, 21226.0, 21188.0, 21174.0, 21159.0, 21187.0, 21181.0, 21206.0, 21215.0, 21222.0, 21257.0, 21245.0, 21270.0, 21202.0, 21232.0, 21252.0, 21224.0, 21219.0, 21242.0, 21266.0, 21282.0, 21266.0, 21265.0, 21255.0, 21282.0, 21201.0, 21218.0, 21226.0, 21246.0, 21237.0, 21164.0, 21190.0]}, "slices": {}}}