{
	"Modality": "MR",
	"MagneticFieldStrength": 3,
	"ImagingFrequency": 127.799,
	"Manufacturer": "GE",
	"InternalPulseSequenceName": "EPI2",
	"ManufacturersModelName": "SIGNA UHP",
	"InstitutionName": "cni",
	"DeviceSerialNumber": "00000650723PSYMR",
	"StationName": "CNIMRI",
	"BodyPartExamined": "BRAIN",
	"PatientPosition": "HFS",
	"SoftwareVersions": "28\\LX\\MR Software release:RX28.0_R04_UHP3T_2111.a",
	"MRAcquisitionType": "2D",
	"SeriesDescription": "dwi_acq-b0_dir-pe1",
	"ProtocolName": "Russ_MyConnectome_is10ye",
	"ScanningSequence": "EP\\RM",
	"SequenceVariant": "NONE",
	"ScanOptions": "CL_GEMS\\SAT_GEMS\\EDR_GEMS\\EPI_GEMS\\HYPERBAND_GEMS\\PFF\\FS",
	"ImageType": ["ORIGINAL", "PRIMARY", "OTHER"],
	"SeriesNumber": 5,
	"AcquisitionTime": "10:21:30.000000",
	"AcquisitionNumber": 1,
	"SliceThickness": 1.5,
	"SpacingBetweenSlices": 1.5,
	"SAR": 0.344205,
	"EchoTime": 0.0868,
	"RepetitionTime": 3.335,
	"FlipAngle": 90,
	"PhaseEncodingPolarityGE": "Unflipped",
	"CoilString": "RM:Nova32ch2",
	"MultibandAccelerationFactor": 4,
	"PercentPhaseFOV": 100,
	"PercentSampling": 100,
	"AcquisitionMatrixPE": 140,
	"ReconMatrixPE": 140,
	"EffectiveEchoSpacing": 0.000808,
	"TotalReadoutTime": 0.112312,
	"PixelBandwidth": 3571.43,
	"PhaseEncodingDirection": "j-",
	"ImageOrientationPatientDICOM": [
		1,
		-0,
		0,
		-0,
		1,
		0	],
	"InPlanePhaseEncodingDirectionDICOM": "COL",
	"ConversionSoftware": "dcm2niix",
	"ConversionSoftwareVersion": "v1.0.20211006"
}
