{"AcquisitionMatrixPE": 96, "AcquisitionNumber": 1, "AcquisitionTime": "07:55:46.597500", "BandwidthPerPixelPhaseEncode": 33.602, "BaseResolution": 96, "BodyPartExamined": "BRAIN", "ConsistencyInfo": "N4_VD11D_LATEST_20110129", "ConversionSoftware": "dcm2niix", "ConversionSoftwareVersion": "v1.0.20210317", "DerivedVendorReportedEchoSpacing": 0.000620003, "DeviceSerialNumber": "45239", "DwellTime": 2.6e-06, "EchoTime": 0.03, "EchoTrainLength": 48, "EffectiveEchoSpacing": 0.000310001, "FlipAngle": 63, "ImageComments": "Unaliased MB4/PE3", "ImageOrientationPatientDICOM": [0.999469, 0.0232958, -0.0227848, -0.0318293, 0.847736, -0.529462], "ImageType": ["ORIGINAL", "PRIMARY", "M", "ND", "NORM", "MOSAIC"], "ImagingFrequency": 123.193, "InPlanePhaseEncodingDirectionDICOM": "COL", "InstitutionAddress": "E 24th St. 100,Austin,Southmiddle,US,78712", "InstitutionName": "Univ of Texas at Austin", "InstitutionalDepartmentName": "IRC", "MRAcquisitionType": "2D", "MagneticFieldStrength": 3, "Manufacturer": "Siemens", "ManufacturersModelName": "Skyra", "Modality": "MR", "MultibandAccelerationFactor": 4, "ParallelReductionFactorInPlane": 2, "PartialFourier": 1, "PatientPosition": "HFS", "PercentPhaseFOV": 100, "PercentSampling": 100, "PhaseEncodingDirection": "j-", "PhaseEncodingSteps": 96, "PhaseResolution": 1, "PixelBandwidth": 2005, "ProcedureStepDescription": "Poldrack2^self-scanning", "ProtocolName": "Breath Hold", "PulseSequenceDetails": "%CustomerSeq%\\cmrr_mbep2d_bold", "ReceiveCoilActiveElements": "HEA;HEP", "ReceiveCoilName": "Head_32", "ReconMatrixPE": 96, "RefLinesPE": 94, "RepetitionTime": 1.16, "SAR": 0.103737, "ScanOptions": "FS", "ScanningSequence": "EP", "SequenceName": "epfid2d1_96", "SequenceVariant": "SK", "SeriesDescription": "Breath Hold", "SeriesNumber": 8, "ShimSetting": [-2810, 8068, -15466, 143, -213, 153, 176, -97], "SliceThickness": 2, "SliceTiming": [0, 0.4975, 0.9975, 0.355, 0.855, 0.215, 0.7125, 0.0725, 0.57, 1.0675, 0.4275, 0.925, 0.285, 0.7825, 0.1425, 0.64, 0, 0.4975, 0.9975, 0.355, 0.855, 0.215, 0.7125, 0.0725, 0.57, 1.0675, 0.4275, 0.925, 0.285, 0.7825, 0.1425, 0.64, 0, 0.4975, 0.9975, 0.355, 0.855, 0.215, 0.7125, 0.0725, 0.57, 1.0675, 0.4275, 0.925, 0.285, 0.7825, 0.1425, 0.64, 0, 0.4975, 0.9975, 0.355, 0.855, 0.215, 0.7125, 0.0725, 0.57, 1.0675, 0.4275, 0.925, 0.285, 0.7825, 0.1425, 0.64], "SoftwareVersions": "syngo MR D11", "SpacingBetweenSlices": 2.4, "StationName": "AWP45239", "TaskName": "Breath holding task", "TotalReadoutTime": 0.0294501, "TxRefAmp": 346.099, "WipMemBlock": "0fb35757-b2bd-4457-b538-a9cef608db14||Sequence: VD11D r206; Feb 13 2013 18:52:04 by eja", "dcmmeta_affine": [[-2.3945608139038086, -0.0762576311826706, -0.01675504446029663, 123.447509765625], [-0.05581280216574669, 2.031034469604492, -1.271775245666504, -76.27729034423828], [-0.05458860099315643, 1.2685034275054932, 2.0352659225463867, -86.86299133300781], [0.0, 0.0, 0.0, 1.0]], "dcmmeta_reorient_transform": [[0.0, -1.0, 0.0, 95.0], [1.0, 0.0, 0.0, 0.0], [0.0, 0.0, 1.0, 0.0], [0.0, 0.0, 0.0, 1.0]], "dcmmeta_shape": [96, 96, 64, 318], "dcmmeta_slice_dim": 2, "dcmmeta_version": 0.6, "global": {"const": {"AcquisitionMatrix": [96, 0, 0, 96], "AngioFlag": "N", "BitsAllocated": 16, "BitsStored": 16, "BodyPartExamined": "BRAIN", "Columns": 768, "EchoNumbers": 1, "EchoTime": 30.0, "EchoTrainLength": 48, "FlipAngle": 63.0, "HighBit": 15, "ImageOrientationPatient": [0.99946893860773, 0.02329577858307, -0.0227848076256, -0.031829273429, 0.84773614670364, -0.5294622960373], "ImagePositionPatient": [-895.15293810431, -817.85165638853, 478.20373018349], "ImageType": ["ORIGINAL", "PRIMARY", "M", "ND", "NORM", "MOSAIC"], "ImagedNucleus": "1H", "ImagingFrequency": 123.193411, "InPlanePhaseEncodingDirection": "COL", "MRAcquisitionType": "2D", "MagneticFieldStrength": 3.0, "Manufacturer": "SIEMENS", "ManufacturerModelName": "Skyra", "Modality": "MR", "NumberOfAverages": 1.0, "NumberOfPhaseEncodingSteps": 96, "PercentPhaseFieldOfView": 100.0, "PercentSampling": 100.0, "PerformedProcedureStepStartTime": "072823.250000", "PhotometricInterpretation": "MONOCHROME2", "PixelBandwidth": 2005.0, "PixelRepresentation": 0, "PixelSpacing": [2.3958332538605, 2.3958332538605], "ProtocolName": "Breath Hold", "RepetitionTime": 1160.0, "Rows": 768, "SAR": 0.10373739194651, "SamplesPerPixel": 1, "ScanOptions": "FS", "ScanningSequence": "EP", "SequenceName": "epfid2d1_96", "SequenceVariant": "SK", "SeriesDescription": "Breath Hold", "SeriesNumber": 8, "SeriesTime": "075627.468000", "SliceLocation": -34.104200931866, "SliceThickness": 2.0, "SmallestImagePixelValue": 0, "SoftwareVersions": "syngo MR D11", "SpacingBetweenSlices": 2.4000000490554, "SpecificCharacterSet": "ISO_IR 100", "StudyID": "1", "StudyTime": "072823.218000", "TransmitCoilName": "Body", "VariableFlipAngleFlag": "N", "WindowCenterWidthExplanation": "Algo1", "dBdt": 0.0}, "slices": {}}, "time": {"samples": {"AcquisitionNumber": [1, 2, 3, 4, 5, 6, 7, 8, 9, 10, 11, 12, 13, 14, 15, 16, 17, 18, 19, 20, 21, 22, 23, 24, 25, 26, 27, 28, 29, 30, 31, 32, 33, 34, 35, 36, 37, 38, 39, 40, 41, 42, 43, 44, 45, 46, 47, 48, 49, 50, 51, 52, 53, 54, 55, 56, 57, 58, 59, 60, 61, 62, 63, 64, 65, 66, 67, 68, 69, 70, 71, 72, 73, 74, 75, 76, 77, 78, 79, 80, 81, 82, 83, 84, 85, 86, 87, 88, 89, 90, 91, 92, 93, 94, 95, 96, 97, 98, 99, 100, 101, 102, 103, 104, 105, 106, 107, 108, 109, 110, 111, 112, 113, 114, 115, 116, 117, 118, 119, 120, 121, 122, 123, 124, 125, 126, 127, 128, 129, 130, 131, 132, 133, 134, 135, 136, 137, 138, 139, 140, 141, 142, 143, 144, 145, 146, 147, 148, 149, 150, 151, 152, 153, 154, 155, 156, 157, 158, 159, 160, 161, 162, 163, 164, 165, 166, 167, 168, 169, 170, 171, 172, 173, 174, 175, 176, 177, 178, 179, 180, 181, 182, 183, 184, 185, 186, 187, 188, 189, 190, 191, 192, 193, 194, 195, 196, 197, 198, 199, 200, 201, 202, 203, 204, 205, 206, 207, 208, 209, 210, 211, 212, 213, 214, 215, 216, 217, 218, 219, 220, 221, 222, 223, 224, 225, 226, 227, 228, 229, 230, 231, 232, 233, 234, 235, 236, 237, 238, 239, 240, 241, 242, 243, 244, 245, 246, 247, 248, 249, 250, 251, 252, 253, 254, 255, 256, 257, 258, 259, 260, 261, 262, 263, 264, 265, 266, 267, 268, 269, 270, 271, 272, 273, 274, 275, 276, 277, 278, 279, 280, 281, 282, 283, 284, 285, 286, 287, 288, 289, 290, 291, 292, 293, 294, 295, 296, 297, 298, 299, 300, 301, 302, 303, 304, 305, 306, 307, 308, 309, 310, 311, 312, 313, 314, 315, 316, 317, 318], "AcquisitionTime": ["075546.597500", "075615.597500", "075616.757500", "075617.917500", "075619.077500", "075620.237500", "075621.397500", "075622.557500", "075623.717500", "075624.877500", "075626.037500", "075627.197500", "075628.357500", "075629.517500", "075630.677500", "075631.837500", "075632.997500", "075634.157500", "075635.317500", "075636.477500", "075637.637500", "075638.797500", "075639.957500", "075641.117500", "075642.277500", "075643.437500", "075644.597500", "075645.757500", "075646.917500", "075648.077500", "075649.237500", "075650.397500", "075651.557500", "075652.717500", "075653.877500", "075655.037500", "075656.197500", "075657.357500", "075658.517500", "075659.677500", "075700.837500", "075701.997500", "075703.157500", "075704.317500", "075705.477500", "075706.637500", "075707.797500", "075708.957500", "075710.117500", "075711.277500", "075712.437500", "075713.597500", "075714.757500", "075715.917500", "075717.077500", "075718.237500", "075719.397500", "075720.557500", "075721.717500", "075722.877500", "075724.037500", "075725.197500", "075726.357500", "075727.517500", "075728.677500", "075729.837500", "075730.997500", "075732.157500", "075733.317500", "075734.477500", "075735.637500", "075736.797500", "075737.957500", "075739.117500", "075740.277500", "075741.437500", "075742.597500", "075743.757500", "075744.917500", "075746.077500", "075747.237500", "075748.397500", "075749.557500", "075750.717500", "075751.877500", "075753.037500", "075754.197500", "075755.357500", "075756.517500", "075757.677500", "075758.837500", "075759.997500", "075801.157500", "075802.317500", "075803.477500", "075804.637500", "075805.797500", "075806.957500", "075808.117500", "075809.277500", "075810.437500", "075811.597500", "075812.757500", "075813.917500", "075815.077500", "075816.237500", "075817.397500", "075818.557500", "075819.717500", "075820.877500", "075822.037500", "075823.197500", "075824.357500", "075825.517500", "075826.680000", "075827.840000", "075829.000000", "075830.160000", "075831.320000", "075832.480000", "075833.640000", "075834.800000", "075835.960000", "075837.120000", "075838.280000", "075839.440000", "075840.600000", "075841.760000", "075842.920000", "075844.080000", "075845.240000", "075846.400000", "075847.560000", "075848.720000", "075849.880000", "075851.040000", "075852.200000", "075853.360000", "075854.520000", "075855.680000", "075856.840000", "075858.000000", "075859.160000", "075900.320000", "075901.480000", "075902.640000", "075903.800000", "075904.960000", "075906.120000", "075907.280000", "075908.440000", "075909.600000", "075910.760000", "075911.920000", "075913.080000", "075914.240000", "075915.400000", "075916.560000", "075917.720000", "075918.880000", "075920.040000", "075921.200000", "075922.360000", "075923.520000", "075924.680000", "075925.840000", "075927.000000", "075928.160000", "075929.320000", "075930.480000", "075931.640000", "075932.800000", "075933.960000", "075935.120000", "075936.280000", "075937.440000", "075938.600000", "075939.760000", "075940.920000", "075942.080000", "075943.240000", "075944.400000", "075945.560000", "075946.720000", "075947.880000", "075949.040000", "075950.200000", "075951.360000", "075952.520000", "075953.680000", "075954.840000", "075956.000000", "075957.160000", "075958.320000", "075959.480000", "080000.640000", "080001.800000", "080002.960000", "080004.120000", "080005.280000", "080006.440000", "080007.600000", "080008.760000", "080009.920000", "080011.080000", "080012.240000", "080013.400000", "080014.560000", "080015.720000", "080016.880000", "080018.040000", "080019.200000", "080020.360000", "080021.520000", "080022.680000", "080023.840000", "080025.000000", "080026.160000", "080027.320000", "080028.480000", "080029.640000", "080030.800000", "080031.960000", "080033.120000", "080034.280000", "080035.440000", "080036.600000", "080037.760000", "080038.920000", "080040.080000", "080041.240000", "080042.400000", "080043.560000", "080044.720000", "080045.880000", "080047.040000", "080048.200000", "080049.360000", "080050.520000", "080051.680000", "080052.840000", "080054.000000", "080055.160000", "080056.320000", "080057.480000", "080058.640000", "080059.800000", "080100.960000", "080102.120000", "080103.280000", "080104.440000", "080105.600000", "080106.760000", "080107.920000", "080109.080000", "080110.240000", "080111.400000", "080112.560000", "080113.720000", "080114.880000", "080116.040000", "080117.200000", "080118.360000", "080119.520000", "080120.680000", "080121.840000", "080123.000000", "080124.160000", "080125.320000", "080126.480000", "080127.640000", "080128.800000", "080129.960000", "080131.120000", "080132.280000", "080133.440000", "080134.600000", "080135.760000", "080136.920000", "080138.080000", "080139.240000", "080140.400000", "080141.560000", "080142.720000", "080143.880000", "080145.040000", "080146.200000", "080147.360000", "080148.520000", "080149.680000", "080150.840000", "080152.000000", "080153.160000", "080154.320000", "080155.480000", "080156.640000", "080157.800000", "080158.960000", "080200.120000", "080201.280000", "080202.440000", "080203.600000", "080204.760000", "080205.920000", "080207.080000", "080208.240000", "080209.400000", "080210.560000", "080211.720000", "080212.880000", "080214.040000", "080215.200000", "080216.360000", "080217.520000", "080218.680000", "080219.840000", "080221.000000", "080222.160000"], "ContentTime": ["075627.484000", "075635.796000", "075635.812000", "075635.812000", "075635.812000", "075635.812000", "075635.812000", "075635.812000", "075640.796000", "075640.812000", "075640.812000", "075645.796000", "075645.812000", "075645.812000", "075645.828000", "075650.796000", "075650.812000", "075650.812000", "075650.812000", "075655.796000", "075655.812000", "075655.812000", "075700.796000", "075700.812000", "075700.812000", "075700.812000", "075705.796000", "075705.812000", "075705.812000", "075705.812000", "075710.796000", "075710.812000", "075710.812000", "075710.812000", "075715.796000", "075715.812000", "075715.812000", "075720.796000", "075720.812000", "075720.812000", "075720.812000", "075725.796000", "075725.812000", "075725.812000", "075725.812000", "075730.796000", "075730.812000", "075730.812000", "075735.796000", "075735.812000", "075735.812000", "075735.812000", "075740.796000", "075740.812000", "075740.812000", "075745.796000", "075745.812000", "075745.812000", "075745.812000", "075750.796000", "075750.812000", "075750.812000", "075750.812000", "075755.796000", "075755.812000", "075755.812000", "075800.796000", "075800.812000", "075800.812000", "075800.812000", "075805.796000", "075805.812000", "075805.812000", "075810.796000", "075810.812000", "075810.812000", "075815.796000", "075815.812000", "075815.812000", "075815.812000", "075820.796000", "075820.812000", "075820.812000", "075820.812000", "075825.796000", "075825.812000", "075825.812000", "075830.796000", "075830.812000", "075830.812000", "075830.812000", "075835.796000", "075835.828000", "075835.828000", "075835.828000", "075840.796000", "075840.812000", "075840.812000", "075845.796000", "075845.812000", "075845.812000", "075845.812000", "075850.796000", "075850.812000", "075850.812000", "075850.812000", "075855.796000", "075855.812000", "075855.812000", "075900.796000", "075900.812000", "075900.812000", "075900.812000", "075905.796000", "075905.812000", "075905.812000", "075905.812000", "075910.796000", "075910.812000", "075910.812000", "075910.812000", "075915.796000", "075915.812000", "075915.812000", "075915.812000", "075920.796000", "075920.812000", "075920.812000", "075925.796000", "075925.812000", "075925.812000", "075925.812000", "075930.796000", "075930.812000", "075930.812000", "075930.812000", "075935.796000", "075935.812000", "075935.812000", "075935.812000", "075940.796000", "075940.812000", "075940.812000", "075945.796000", "075945.812000", "075945.812000", "075950.796000", "075950.812000", "075950.812000", "075950.812000", "080000.796000", "080000.812000", "080000.812000", "080000.812000", "080000.812000", "080000.812000", "080000.812000", "080000.828000", "080005.796000", "080005.812000", "080005.812000", "080010.796000", "080010.812000", "080010.812000", "080010.812000", "080015.796000", "080015.812000", "080015.812000", "080020.796000", "080020.812000", "080020.812000", "080020.812000", "080025.796000", "080025.812000", "080025.812000", "080025.812000", "080030.796000", "080030.812000", "080030.812000", "080030.812000", "080035.796000", "080035.812000", "080035.812000", "080040.796000", "080040.812000", "080040.812000", "080040.828000", "080045.796000", "080045.812000", "080045.812000", "080045.812000", "080050.796000", "080050.812000", "080050.812000", "080050.812000", "080055.796000", "080055.812000", "080055.812000", "080100.796000", "080100.812000", "080100.828000", "080100.828000", "080105.796000", "080105.812000", "080105.812000", "080110.796000", "080110.812000", "080110.812000", "080110.812000", "080115.796000", "080115.812000", "080115.812000", "080115.812000", "080120.796000", "080120.812000", "080120.812000", "080120.812000", "080125.796000", "080125.812000", "080125.812000", "080130.796000", "080130.812000", "080130.812000", "080130.812000", "080135.796000", "080135.812000", "080135.812000", "080135.812000", "080140.796000", "080140.812000", "080140.812000", "080145.796000", "080145.812000", "080145.812000", "080145.812000", "080150.796000", "080150.812000", "080150.812000", "080150.828000", "080155.796000", "080155.812000", "080155.812000", "080200.796000", "080200.812000", "080200.812000", "080200.812000", "080205.796000", "080205.812000", "080205.812000", "080205.812000", "080210.796000", "080210.812000", "080210.812000", "080215.796000", "080215.812000", "080215.812000", "080215.812000", "080220.796000", "080220.812000", "080220.812000", "080220.812000", "080225.796000", "080225.812000", "080225.812000", "080225.812000", "080230.796000", "080230.812000", "080230.812000", "080230.812000", "080235.796000", "080235.812000", "080235.812000", "080235.812000", "080240.796000", "080240.828000", "080240.828000", "080240.828000", "080245.796000", "080245.812000", "080245.812000", "080245.812000", "080250.796000", "080250.812000", "080250.812000", "080250.812000", "080255.796000", "080255.812000", "080255.812000", "080255.812000", "080300.796000", "080300.812000", "080300.812000", "080300.812000", "080300.812000", "080305.796000", "080305.812000", "080305.812000", "080310.796000", "080310.812000", "080310.812000", "080310.812000", "080310.812000", "080315.796000", "080315.812000", "080315.812000", "080315.812000", "080320.796000", "080320.812000", "080320.812000", "080320.812000", "080325.796000", "080325.812000", "080325.812000", "080325.812000", "080330.796000", "080330.812000", "080330.812000", "080330.843000"], "InstanceCreationTime": ["075627.484000", "075635.796000", "075635.812000", "075635.812000", "075635.812000", "075635.812000", "075635.812000", "075635.812000", "075640.796000", "075640.812000", "075640.812000", "075645.796000", "075645.812000", "075645.812000", "075645.828000", "075650.796000", "075650.812000", "075650.812000", "075650.812000", "075655.796000", "075655.812000", "075655.812000", "075700.796000", "075700.812000", "075700.812000", "075700.812000", "075705.796000", "075705.812000", "075705.812000", "075705.812000", "075710.796000", "075710.812000", "075710.812000", "075710.812000", "075715.796000", "075715.812000", "075715.812000", "075720.796000", "075720.812000", "075720.812000", "075720.812000", "075725.796000", "075725.812000", "075725.812000", "075725.812000", "075730.796000", "075730.812000", "075730.812000", "075735.796000", "075735.812000", "075735.812000", "075735.812000", "075740.796000", "075740.812000", "075740.812000", "075745.796000", "075745.812000", "075745.812000", "075745.812000", "075750.796000", "075750.812000", "075750.812000", "075750.812000", "075755.796000", "075755.812000", "075755.812000", "075800.796000", "075800.812000", "075800.812000", "075800.812000", "075805.796000", "075805.812000", "075805.812000", "075810.796000", "075810.812000", "075810.812000", "075815.796000", "075815.812000", "075815.812000", "075815.812000", "075820.796000", "075820.812000", "075820.812000", "075820.812000", "075825.796000", "075825.812000", "075825.812000", "075830.796000", "075830.812000", "075830.812000", "075830.812000", "075835.796000", "075835.828000", "075835.828000", "075835.828000", "075840.796000", "075840.812000", "075840.812000", "075845.796000", "075845.812000", "075845.812000", "075845.812000", "075850.796000", "075850.812000", "075850.812000", "075850.812000", "075855.796000", "075855.812000", "075855.812000", "075900.796000", "075900.812000", "075900.812000", "075900.812000", "075905.796000", "075905.812000", "075905.812000", "075905.812000", "075910.796000", "075910.812000", "075910.812000", "075910.812000", "075915.796000", "075915.812000", "075915.812000", "075915.812000", "075920.796000", "075920.812000", "075920.812000", "075925.796000", "075925.812000", "075925.812000", "075925.812000", "075930.796000", "075930.812000", "075930.812000", "075930.812000", "075935.796000", "075935.812000", "075935.812000", "075935.812000", "075940.796000", "075940.812000", "075940.812000", "075945.796000", "075945.812000", "075945.812000", "075950.796000", "075950.812000", "075950.812000", "075950.812000", "080000.796000", "080000.812000", "080000.812000", "080000.812000", "080000.812000", "080000.812000", "080000.812000", "080000.828000", "080005.796000", "080005.812000", "080005.812000", "080010.796000", "080010.812000", "080010.812000", "080010.812000", "080015.796000", "080015.812000", "080015.812000", "080020.796000", "080020.812000", "080020.812000", "080020.812000", "080025.796000", "080025.812000", "080025.812000", "080025.812000", "080030.796000", "080030.812000", "080030.812000", "080030.812000", "080035.796000", "080035.812000", "080035.812000", "080040.796000", "080040.812000", "080040.812000", "080040.828000", "080045.796000", "080045.812000", "080045.812000", "080045.812000", "080050.796000", "080050.812000", "080050.812000", "080050.812000", "080055.796000", "080055.812000", "080055.812000", "080100.796000", "080100.812000", "080100.828000", "080100.828000", "080105.796000", "080105.812000", "080105.812000", "080110.796000", "080110.812000", "080110.812000", "080110.812000", "080115.796000", "080115.812000", "080115.812000", "080115.812000", "080120.796000", "080120.812000", "080120.812000", "080120.812000", "080125.796000", "080125.812000", "080125.812000", "080130.796000", "080130.812000", "080130.812000", "080130.812000", "080135.796000", "080135.812000", "080135.812000", "080135.812000", "080140.796000", "080140.812000", "080140.812000", "080145.796000", "080145.812000", "080145.812000", "080145.812000", "080150.796000", "080150.812000", "080150.812000", "080150.828000", "080155.796000", "080155.812000", "080155.812000", "080200.796000", "080200.812000", "080200.812000", "080200.812000", "080205.796000", "080205.812000", "080205.812000", "080205.812000", "080210.796000", "080210.812000", "080210.812000", "080215.796000", "080215.812000", "080215.812000", "080215.812000", "080220.796000", "080220.812000", "080220.812000", "080220.812000", "080225.796000", "080225.812000", "080225.812000", "080225.812000", "080230.796000", "080230.812000", "080230.812000", "080230.812000", "080235.796000", "080235.812000", "080235.812000", "080235.812000", "080240.796000", "080240.828000", "080240.828000", "080240.828000", "080245.796000", "080245.812000", "080245.812000", "080245.812000", "080250.796000", "080250.812000", "080250.812000", "080250.812000", "080255.796000", "080255.812000", "080255.812000", "080255.812000", "080300.796000", "080300.812000", "080300.812000", "080300.812000", "080300.812000", "080305.796000", "080305.812000", "080305.812000", "080310.796000", "080310.812000", "080310.812000", "080310.812000", "080310.812000", "080315.796000", "080315.812000", "080315.812000", "080315.812000", "080320.796000", "080320.812000", "080320.812000", "080320.812000", "080325.796000", "080325.812000", "080325.812000", "080325.812000", "080330.796000", "080330.812000", "080330.812000", "080330.843000"], "InstanceNumber": [1, 2, 3, 4, 5, 6, 7, 8, 9, 10, 11, 12, 13, 14, 15, 16, 17, 18, 19, 20, 21, 22, 23, 24, 25, 26, 27, 28, 29, 30, 31, 32, 33, 34, 35, 36, 37, 38, 39, 40, 41, 42, 43, 44, 45, 46, 47, 48, 49, 50, 51, 52, 53, 54, 55, 56, 57, 58, 59, 60, 61, 62, 63, 64, 65, 66, 67, 68, 69, 70, 71, 72, 73, 74, 75, 76, 77, 78, 79, 80, 81, 82, 83, 84, 85, 86, 87, 88, 89, 90, 91, 92, 93, 94, 95, 96, 97, 98, 99, 100, 101, 102, 103, 104, 105, 106, 107, 108, 109, 110, 111, 112, 113, 114, 115, 116, 117, 118, 119, 120, 121, 122, 123, 124, 125, 126, 127, 128, 129, 130, 131, 132, 133, 134, 135, 136, 137, 138, 139, 140, 141, 142, 143, 144, 145, 146, 147, 148, 149, 150, 151, 152, 153, 154, 155, 156, 157, 158, 159, 160, 161, 162, 163, 164, 165, 166, 167, 168, 169, 170, 171, 172, 173, 174, 175, 176, 177, 178, 179, 180, 181, 182, 183, 184, 185, 186, 187, 188, 189, 190, 191, 192, 193, 194, 195, 196, 197, 198, 199, 200, 201, 202, 203, 204, 205, 206, 207, 208, 209, 210, 211, 212, 213, 214, 215, 216, 217, 218, 219, 220, 221, 222, 223, 224, 225, 226, 227, 228, 229, 230, 231, 232, 233, 234, 235, 236, 237, 238, 239, 240, 241, 242, 243, 244, 245, 246, 247, 248, 249, 250, 251, 252, 253, 254, 255, 256, 257, 258, 259, 260, 261, 262, 263, 264, 265, 266, 267, 268, 269, 270, 271, 272, 273, 274, 275, 276, 277, 278, 279, 280, 281, 282, 283, 284, 285, 286, 287, 288, 289, 290, 291, 292, 293, 294, 295, 296, 297, 298, 299, 300, 301, 302, 303, 304, 305, 306, 307, 308, 309, 310, 311, 312, 313, 314, 315, 316, 317, 318], "LargestImagePixelValue": [25902, 27840, 28938, 26219, 26221, 26347, 24122, 32077, 27333, 26207, 29093, 23999, 27521, 25710, 25294, 24764, 24131, 26498, 25666, 24052, 24134, 24039, 24134, 24084, 24393, 24193, 23877, 25665, 27821, 26212, 23913, 23817, 25029, 25894, 27893, 24412, 24256, 25537, 28589, 25413, 25012, 25231, 26374, 25815, 26020, 26574, 24987, 27968, 29476, 32389, 26921, 33656, 32549, 28959, 25947, 25669, 29632, 25939, 27744, 27480, 25510, 26885, 30745, 26983, 24861, 27279, 24660, 25176, 28025, 28187, 24638, 28688, 25238, 24842, 24190, 24733, 28830, 24303, 24529, 24853, 24517, 26621, 24551, 24425, 24566, 24694, 28811, 25398, 24603, 25137, 24475, 24581, 24407, 25436, 24500, 25738, 25831, 26433, 25395, 25139, 24840, 27128, 24475, 24819, 26657, 25372, 25269, 26084, 28877, 27150, 28986, 29676, 29146, 28326, 28546, 28823, 27001, 30498, 29295, 24468, 28724, 24468, 28568, 28789, 26267, 24799, 24576, 24612, 29508, 24736, 24879, 26218, 24893, 24464, 28363, 27337, 24627, 27089, 24635, 25742, 24718, 24998, 24621, 24789, 24357, 25801, 24725, 27235, 24523, 26683, 25286, 24353, 25939, 24940, 25531, 27057, 26518, 25074, 24191, 25557, 28110, 25541, 25377, 26224, 29462, 25635, 24403, 28744, 24666, 28095, 26955, 25118, 24397, 25296, 25018, 25196, 26508, 24655, 24615, 24666, 24563, 30148, 24584, 24677, 25833, 24752, 25868, 24608, 24770, 26502, 24825, 25460, 24909, 27952, 25416, 24730, 28560, 24769, 26703, 24751, 24759, 24532, 24767, 24559, 24421, 26389, 25130, 25300, 26447, 25092, 25123, 25659, 28299, 24514, 24996, 26277, 28249, 30328, 26808, 26300, 26754, 29849, 29544, 26171, 28290, 27249, 23825, 28779, 28310, 25526, 23945, 25924, 24185, 24019, 28328, 27683, 24054, 25786, 25477, 24165, 26995, 27109, 24800, 30418, 27178, 27184, 26665, 25108, 26370, 24199, 26085, 24417, 24594, 25205, 24073, 26903, 24408, 25467, 24155, 24746, 25632, 28932, 28880, 25860, 25102, 24532, 25061, 30464, 31090, 29379, 28153, 29321, 29098, 27553, 32788, 33185, 30182, 27350, 34319, 28708, 27264, 28151, 23858, 24804, 23947, 28798, 25943, 29214, 29301, 23559, 28781, 26952, 23536, 27176, 23835, 25321, 23904, 26887, 26051, 26405, 23514, 27907, 25499, 27815, 23566, 30535, 23748, 24668, 24372, 23576, 29172, 23596, 25997, 23564, 23517, 24421, 24366, 24084], "WindowCenter": [9890.0, 9888.0, 9892.0, 9875.0, 9871.0, 9882.0, 9860.0, 9902.0, 9871.0, 9840.0, 9848.0, 9824.0, 9852.0, 9829.0, 9809.0, 9810.0, 9812.0, 9822.0, 9806.0, 9817.0, 9825.0, 9831.0, 9833.0, 9857.0, 9859.0, 9856.0, 9858.0, 9868.0, 9865.0, 9838.0, 9840.0, 9848.0, 9853.0, 9861.0, 9875.0, 9855.0, 9843.0, 9860.0, 9865.0, 9873.0, 9874.0, 9867.0, 9875.0, 9902.0, 9890.0, 9922.0, 9909.0, 9923.0, 9928.0, 9939.0, 9931.0, 9936.0, 9925.0, 9898.0, 9877.0, 9865.0, 9898.0, 9848.0, 9868.0, 9881.0, 9882.0, 9874.0, 9894.0, 9869.0, 9868.0, 9848.0, 9861.0, 9851.0, 9871.0, 9855.0, 9843.0, 9841.0, 9828.0, 9823.0, 9815.0, 9820.0, 9850.0, 9808.0, 9810.0, 9832.0, 9827.0, 9812.0, 9808.0, 9825.0, 9835.0, 9840.0, 9841.0, 9813.0, 9800.0, 9822.0, 9807.0, 9828.0, 9830.0, 9861.0, 9837.0, 9842.0, 9835.0, 9840.0, 9831.0, 9845.0, 9856.0, 9862.0, 9865.0, 9877.0, 9900.0, 9932.0, 9924.0, 9912.0, 9903.0, 9906.0, 9910.0, 9902.0, 9908.0, 9905.0, 9914.0, 9888.0, 9873.0, 9875.0, 9869.0, 9856.0, 9867.0, 9842.0, 9851.0, 9849.0, 9841.0, 9821.0, 9822.0, 9836.0, 9847.0, 9804.0, 9819.0, 9854.0, 9856.0, 9841.0, 9841.0, 9826.0, 9821.0, 9823.0, 9802.0, 9811.0, 9814.0, 9803.0, 9801.0, 9806.0, 9831.0, 9854.0, 9816.0, 9837.0, 9822.0, 9834.0, 9837.0, 9844.0, 9851.0, 9850.0, 9876.0, 9869.0, 9890.0, 9917.0, 9910.0, 9890.0, 9919.0, 9879.0, 9874.0, 9890.0, 9904.0, 9884.0, 9886.0, 9867.0, 9851.0, 9848.0, 9821.0, 9848.0, 9820.0, 9837.0, 9797.0, 9779.0, 9782.0, 9775.0, 9794.0, 9773.0, 9800.0, 9808.0, 9784.0, 9785.0, 9803.0, 9794.0, 9819.0, 9829.0, 9802.0, 9797.0, 9800.0, 9810.0, 9838.0, 9846.0, 9814.0, 9810.0, 9833.0, 9828.0, 9827.0, 9827.0, 9826.0, 9809.0, 9846.0, 9813.0, 9832.0, 9831.0, 9860.0, 9848.0, 9879.0, 9867.0, 9884.0, 9882.0, 9890.0, 9870.0, 9866.0, 9881.0, 9883.0, 9884.0, 9894.0, 9886.0, 9892.0, 9912.0, 9887.0, 9857.0, 9874.0, 9855.0, 9843.0, 9868.0, 9833.0, 9817.0, 9808.0, 9821.0, 9806.0, 9828.0, 9843.0, 9844.0, 9802.0, 9816.0, 9809.0, 9849.0, 9826.0, 9838.0, 9833.0, 9840.0, 9836.0, 9832.0, 9841.0, 9829.0, 9825.0, 9806.0, 9820.0, 9828.0, 9816.0, 9821.0, 9800.0, 9827.0, 9855.0, 9848.0, 9832.0, 9882.0, 9889.0, 9916.0, 9898.0, 9888.0, 9889.0, 9883.0, 9891.0, 9907.0, 9927.0, 9894.0, 9885.0, 9910.0, 9902.0, 9921.0, 9922.0, 9903.0, 9861.0, 9874.0, 9852.0, 9831.0, 9836.0, 9816.0, 9829.0, 9828.0, 9828.0, 9845.0, 9825.0, 9810.0, 9801.0, 9782.0, 9814.0, 9811.0, 9780.0, 9809.0, 9803.0, 9833.0, 9841.0, 9868.0, 9849.0, 9826.0, 9788.0, 9817.0, 9819.0, 9827.0, 9811.0, 9844.0, 9823.0, 9813.0, 9828.0, 9824.0, 9848.0, 9845.0, 9851.0, 9859.0, 9876.0, 9868.0, 9874.0, 9910.0], "WindowWidth": [20935.0, 20924.0, 20929.0, 20895.0, 20884.0, 20902.0, 20861.0, 20938.0, 20875.0, 20815.0, 20822.0, 20775.0, 20823.0, 20785.0, 20744.0, 20742.0, 20747.0, 20764.0, 20738.0, 20760.0, 20775.0, 20791.0, 20797.0, 20847.0, 20853.0, 20852.0, 20858.0, 20867.0, 20859.0, 20807.0, 20810.0, 20832.0, 20844.0, 20858.0, 20881.0, 20843.0, 20821.0, 20854.0, 20866.0, 20883.0, 20885.0, 20872.0, 20887.0, 20940.0, 20928.0, 20988.0, 20965.0, 20994.0, 21004.0, 21021.0, 21008.0, 21019.0, 20993.0, 20934.0, 20895.0, 20868.0, 20926.0, 20829.0, 20863.0, 20889.0, 20903.0, 20887.0, 20920.0, 20868.0, 20861.0, 20824.0, 20853.0, 20833.0, 20868.0, 20834.0, 20809.0, 20805.0, 20786.0, 20773.0, 20753.0, 20759.0, 20813.0, 20737.0, 20745.0, 20783.0, 20769.0, 20742.0, 20737.0, 20773.0, 20798.0, 20805.0, 20804.0, 20745.0, 20719.0, 20762.0, 20739.0, 20777.0, 20790.0, 20851.0, 20807.0, 20812.0, 20798.0, 20807.0, 20790.0, 20818.0, 20845.0, 20862.0, 20869.0, 20898.0, 20946.0, 21008.0, 21000.0, 20971.0, 20950.0, 20953.0, 20958.0, 20944.0, 20960.0, 20956.0, 20966.0, 20913.0, 20879.0, 20878.0, 20865.0, 20845.0, 20864.0, 20816.0, 20826.0, 20818.0, 20802.0, 20769.0, 20769.0, 20794.0, 20811.0, 20728.0, 20756.0, 20835.0, 20835.0, 20808.0, 20803.0, 20768.0, 20760.0, 20764.0, 20728.0, 20742.0, 20743.0, 20723.0, 20722.0, 20734.0, 20786.0, 20830.0, 20762.0, 20795.0, 20770.0, 20792.0, 20803.0, 20820.0, 20835.0, 20833.0, 20884.0, 20876.0, 20920.0, 20975.0, 20965.0, 20928.0, 20973.0, 20895.0, 20886.0, 20917.0, 20942.0, 20901.0, 20906.0, 20867.0, 20831.0, 20821.0, 20759.0, 20816.0, 20762.0, 20791.0, 20710.0, 20665.0, 20669.0, 20659.0, 20696.0, 20660.0, 20706.0, 20726.0, 20677.0, 20681.0, 20721.0, 20705.0, 20751.0, 20768.0, 20719.0, 20712.0, 20719.0, 20743.0, 20796.0, 20811.0, 20748.0, 20739.0, 20782.0, 20773.0, 20776.0, 20776.0, 20774.0, 20740.0, 20810.0, 20754.0, 20792.0, 20792.0, 20845.0, 20829.0, 20889.0, 20875.0, 20910.0, 20906.0, 20915.0, 20875.0, 20867.0, 20893.0, 20895.0, 20903.0, 20927.0, 20912.0, 20920.0, 20955.0, 20907.0, 20848.0, 20877.0, 20841.0, 20815.0, 20861.0, 20788.0, 20752.0, 20735.0, 20763.0, 20738.0, 20777.0, 20807.0, 20803.0, 20725.0, 20756.0, 20741.0, 20813.0, 20775.0, 20798.0, 20790.0, 20803.0, 20790.0, 20783.0, 20792.0, 20771.0, 20767.0, 20735.0, 20765.0, 20780.0, 20757.0, 20767.0, 20729.0, 20781.0, 20831.0, 20821.0, 20796.0, 20896.0, 20914.0, 20967.0, 20931.0, 20911.0, 20920.0, 20916.0, 20926.0, 20954.0, 20986.0, 20922.0, 20907.0, 20962.0, 20948.0, 20983.0, 20976.0, 20930.0, 20851.0, 20873.0, 20831.0, 20784.0, 20792.0, 20744.0, 20778.0, 20783.0, 20782.0, 20810.0, 20768.0, 20733.0, 20712.0, 20676.0, 20734.0, 20727.0, 20675.0, 20732.0, 20727.0, 20795.0, 20804.0, 20853.0, 20817.0, 20767.0, 20696.0, 20747.0, 20752.0, 20771.0, 20742.0, 20804.0, 20766.0, 20750.0, 20777.0, 20774.0, 20820.0, 20818.0, 20833.0, 20854.0, 20888.0, 20880.0, 20893.0, 20968.0]}, "slices": {}}}