{"AcquisitionMatrixPE": 96, "AcquisitionNumber": 1, "AcquisitionTime": "07:30:19.720000", "BandwidthPerPixelPhaseEncode": 33.602, "BaseResolution": 96, "BodyPartExamined": "BRAIN", "ConsistencyInfo": "N4_VD11D_LATEST_20110129", "ConversionSoftware": "dcm2niix", "ConversionSoftwareVersion": "v1.0.20210317", "DerivedVendorReportedEchoSpacing": 0.000620003, "DeviceSerialNumber": "45239", "DwellTime": 2.6e-06, "EchoTime": 0.03, "EchoTrainLength": 48, "EffectiveEchoSpacing": 0.000310001, "FlipAngle": 63, "ImageComments": "Unaliased MB4/PE3", "ImageOrientationPatientDICOM": [0.99919, 0.00291125, 0.0401243, 0.0200115, 0.829262, -0.558501], "ImageType": ["ORIGINAL", "PRIMARY", "M", "ND", "NORM", "MOSAIC"], "ImagingFrequency": 123.193, "InPlanePhaseEncodingDirectionDICOM": "COL", "InstitutionAddress": "E 24th St. 100,Austin,Southmiddle,US,78712", "InstitutionName": "Univ of Texas at Austin", "InstitutionalDepartmentName": "IRC", "MRAcquisitionType": "2D", "MagneticFieldStrength": 3, "Manufacturer": "Siemens", "ManufacturersModelName": "Skyra", "Modality": "MR", "MultibandAccelerationFactor": 4, "ParallelReductionFactorInPlane": 2, "PartialFourier": 1, "PatientPosition": "HFS", "PercentPhaseFOV": 100, "PercentSampling": 100, "PhaseEncodingDirection": "j-", "PhaseEncodingSteps": 96, "PhaseResolution": 1, "PixelBandwidth": 2005, "ProcedureStepDescription": "Poldrack2^self-scanning", "ProtocolName": "Resting State fMRI MBEPI_matrix96_BW2004", "PulseSequenceDetails": "%CustomerSeq%\\cmrr_mbep2d_bold", "ReceiveCoilActiveElements": "HEA;HEP", "ReceiveCoilName": "Head_32", "ReconMatrixPE": 96, "RefLinesPE": 94, "RepetitionTime": 1.16, "SAR": 0.101661, "ScanOptions": "FS", "ScanningSequence": "EP", "SequenceName": "epfid2d1_96", "SequenceVariant": "SK", "SeriesDescription": "Resting State fMRI MBEPI_matrix96_BW2004", "SeriesNumber": 9, "ShimSetting": [-2785, 8059, -15450, 130, -240, 59, 241, -71], "SliceThickness": 2, "SliceTiming": [0, 0.5, 0.9975, 0.3575, 0.855, 0.215, 0.7125, 0.0725, 0.57, 1.07, 0.4275, 0.9275, 0.285, 0.785, 0.1425, 0.6425, 0, 0.5, 0.9975, 0.3575, 0.855, 0.215, 0.7125, 0.0725, 0.57, 1.07, 0.4275, 0.9275, 0.285, 0.785, 0.1425, 0.6425, 0, 0.5, 0.9975, 0.3575, 0.855, 0.215, 0.7125, 0.0725, 0.57, 1.07, 0.4275, 0.9275, 0.285, 0.785, 0.1425, 0.6425, 0, 0.5, 0.9975, 0.3575, 0.855, 0.215, 0.7125, 0.0725, 0.57, 1.07, 0.4275, 0.9275, 0.285, 0.785, 0.1425, 0.6425], "SoftwareVersions": "syngo MR D11", "SpacingBetweenSlices": 2.4, "StationName": "AWP45239", "TaskName": "Resting fmri", "TotalReadoutTime": 0.0294501, "TxRefAmp": 345.021, "WipMemBlock": "e07e5e1e-8bc4-4887-bc9b-324abb9b1fa7||Sequence: VD11D r195; Nov 21 2012 15:36:10 by eja", "dcmmeta_affine": [[-2.3938937187194824, 0.047944217920303345, 0.08375882357358932, 113.08109283447266], [-0.0069748652167618275, 1.9867737293243408, -1.3412455320358276, -69.01024627685547], [0.09613116085529327, 1.3380763530731201, 1.988478183746338, -94.89750671386719], [0.0, 0.0, 0.0, 1.0]], "dcmmeta_reorient_transform": [[0.0, -1.0, 0.0, 95.0], [1.0, 0.0, 0.0, 0.0], [0.0, 0.0, 1.0, 0.0], [0.0, 0.0, 0.0, 1.0]], "dcmmeta_shape": [96, 96, 64, 518], "dcmmeta_slice_dim": 2, "dcmmeta_version": 0.6, "global": {"const": {"AcquisitionMatrix": [96, 0, 0, 96], "AngioFlag": "N", "BitsAllocated": 16, "BitsStored": 16, "BodyPartExamined": "BRAIN", "Columns": 768, "EchoNumbers": 1, "EchoTime": 30.0, "EchoTrainLength": 48, "FlipAngle": 63.0, "HighBit": 15, "ImageOrientationPatient": [0.99919045440022, 0.00291124810884, 0.04012431270352, 0.02001149967689, 0.82926211722997, -0.5585014599873], "ImagePositionPatient": [-938.0933384805, -789.6327997258, 449.51333632942], "ImageType": ["ORIGINAL", "PRIMARY", "M", "ND", "NORM", "MOSAIC"], "ImagedNucleus": "1H", "ImagingFrequency": 123.193397, "InPlanePhaseEncodingDirection": "COL", "MRAcquisitionType": "2D", "MagneticFieldStrength": 3.0, "Manufacturer": "SIEMENS", "ManufacturerModelName": "Skyra", "Modality": "MR", "NumberOfAverages": 1.0, "NumberOfPhaseEncodingSteps": 96, "PercentPhaseFieldOfView": 100.0, "PercentSampling": 100.0, "PerformedProcedureStepStartTime": "070716.328000", "PhotometricInterpretation": "MONOCHROME2", "PixelBandwidth": 2005.0, "PixelRepresentation": 0, "PixelSpacing": [2.3958332538605, 2.3958332538605], "ProtocolName": "Resting State fMRI MBEPI_matrix96_BW2004", "RepetitionTime": 1160.0, "Rows": 768, "SAR": 0.10166129228145, "SamplesPerPixel": 1, "ScanOptions": "FS", "ScanningSequence": "EP", "SequenceName": "epfid2d1_96", "SequenceVariant": "SK", "SeriesDescription": "Resting State fMRI MBEPI_matrix96_BW2004", "SeriesNumber": 9, "SeriesTime": "073103.796000", "SliceLocation": -36.112666704222, "SliceThickness": 2.0, "SmallestImagePixelValue": 0, "SoftwareVersions": "syngo MR D11", "SpacingBetweenSlices": 2.4000000543122, "SpecificCharacterSet": "ISO_IR 100", "StudyID": "1", "StudyTime": "070716.281000", "TransmitCoilName": "Body", "VariableFlipAngleFlag": "N", "WindowCenterWidthExplanation": "Algo1", "dBdt": 0.0}, "slices": {}}, "time": {"samples": {"AcquisitionNumber": [1, 2, 3, 4, 5, 6, 7, 8, 9, 10, 11, 12, 13, 14, 15, 16, 17, 18, 19, 20, 21, 22, 23, 24, 25, 26, 27, 28, 29, 30, 31, 32, 33, 34, 35, 36, 37, 38, 39, 40, 41, 42, 43, 44, 45, 46, 47, 48, 49, 50, 51, 52, 53, 54, 55, 56, 57, 58, 59, 60, 61, 62, 63, 64, 65, 66, 67, 68, 69, 70, 71, 72, 73, 74, 75, 76, 77, 78, 79, 80, 81, 82, 83, 84, 85, 86, 87, 88, 89, 90, 91, 92, 93, 94, 95, 96, 97, 98, 99, 100, 101, 102, 103, 104, 105, 106, 107, 108, 109, 110, 111, 112, 113, 114, 115, 116, 117, 118, 119, 120, 121, 122, 123, 124, 125, 126, 127, 128, 129, 130, 131, 132, 133, 134, 135, 136, 137, 138, 139, 140, 141, 142, 143, 144, 145, 146, 147, 148, 149, 150, 151, 152, 153, 154, 155, 156, 157, 158, 159, 160, 161, 162, 163, 164, 165, 166, 167, 168, 169, 170, 171, 172, 173, 174, 175, 176, 177, 178, 179, 180, 181, 182, 183, 184, 185, 186, 187, 188, 189, 190, 191, 192, 193, 194, 195, 196, 197, 198, 199, 200, 201, 202, 203, 204, 205, 206, 207, 208, 209, 210, 211, 212, 213, 214, 215, 216, 217, 218, 219, 220, 221, 222, 223, 224, 225, 226, 227, 228, 229, 230, 231, 232, 233, 234, 235, 236, 237, 238, 239, 240, 241, 242, 243, 244, 245, 246, 247, 248, 249, 250, 251, 252, 253, 254, 255, 256, 257, 258, 259, 260, 261, 262, 263, 264, 265, 266, 267, 268, 269, 270, 271, 272, 273, 274, 275, 276, 277, 278, 279, 280, 281, 282, 283, 284, 285, 286, 287, 288, 289, 290, 291, 292, 293, 294, 295, 296, 297, 298, 299, 300, 301, 302, 303, 304, 305, 306, 307, 308, 309, 310, 311, 312, 313, 314, 315, 316, 317, 318, 319, 320, 321, 322, 323, 324, 325, 326, 327, 328, 329, 330, 331, 332, 333, 334, 335, 336, 337, 338, 339, 340, 341, 342, 343, 344, 345, 346, 347, 348, 349, 350, 351, 352, 353, 354, 355, 356, 357, 358, 359, 360, 361, 362, 363, 364, 365, 366, 367, 368, 369, 370, 371, 372, 373, 374, 375, 376, 377, 378, 379, 380, 381, 382, 383, 384, 385, 386, 387, 388, 389, 390, 391, 392, 393, 394, 395, 396, 397, 398, 399, 400, 401, 402, 403, 404, 405, 406, 407, 408, 409, 410, 411, 412, 413, 414, 415, 416, 417, 418, 419, 420, 421, 422, 423, 424, 425, 426, 427, 428, 429, 430, 431, 432, 433, 434, 435, 436, 437, 438, 439, 440, 441, 442, 443, 444, 445, 446, 447, 448, 449, 450, 451, 452, 453, 454, 455, 456, 457, 458, 459, 460, 461, 462, 463, 464, 465, 466, 467, 468, 469, 470, 471, 472, 473, 474, 475, 476, 477, 478, 479, 480, 481, 482, 483, 484, 485, 486, 487, 488, 489, 490, 491, 492, 493, 494, 495, 496, 497, 498, 499, 500, 501, 502, 503, 504, 505, 506, 507, 508, 509, 510, 511, 512, 513, 514, 515, 516, 517, 518], "AcquisitionTime": ["073019.720000", "073048.720000", "073049.880000", "073051.040000", "073052.200000", "073053.360000", "073054.520000", "073055.680000", "073056.840000", "073058.000000", "073059.160000", "073100.320000", "073101.480000", "073102.640000", "073103.800000", "073104.960000", "073106.120000", "073107.280000", "073108.440000", "073109.600000", "073110.760000", "073111.920000", "073113.080000", "073114.240000", "073115.400000", "073116.560000", "073117.720000", "073118.880000", "073120.040000", "073121.200000", "073122.360000", "073123.520000", "073124.680000", "073125.840000", "073127.000000", "073128.160000", "073129.320000", "073130.480000", "073131.640000", "073132.800000", "073133.960000", "073135.120000", "073136.280000", "073137.440000", "073138.600000", "073139.760000", "073140.920000", "073142.080000", "073143.240000", "073144.400000", "073145.562500", "073146.722500", "073147.882500", "073149.042500", "073150.202500", "073151.362500", "073152.522500", "073153.682500", "073154.842500", "073156.002500", "073157.162500", "073158.322500", "073159.482500", "073200.642500", "073201.802500", "073202.962500", "073204.122500", "073205.282500", "073206.442500", "073207.602500", "073208.762500", "073209.922500", "073211.082500", "073212.242500", "073213.402500", "073214.562500", "073215.722500", "073216.882500", "073218.042500", "073219.202500", "073220.362500", "073221.522500", "073222.682500", "073223.842500", "073225.002500", "073226.162500", "073227.322500", "073228.482500", "073229.642500", "073230.802500", "073231.962500", "073233.122500", "073234.282500", "073235.442500", "073236.602500", "073237.762500", "073238.922500", "073240.082500", "073241.242500", "073242.402500", "073243.562500", "073244.722500", "073245.882500", "073247.042500", "073248.202500", "073249.362500", "073250.522500", "073251.682500", "073252.842500", "073254.002500", "073255.162500", "073256.322500", "073257.482500", "073258.642500", "073259.802500", "073300.962500", "073302.122500", "073303.282500", "073304.442500", "073305.602500", "073306.762500", "073307.922500", "073309.082500", "073310.242500", "073311.402500", "073312.562500", "073313.722500", "073314.882500", "073316.042500", "073317.202500", "073318.362500", "073319.522500", "073320.682500", "073321.842500", "073323.002500", "073324.162500", "073325.322500", "073326.482500", "073327.642500", "073328.802500", "073329.962500", "073331.122500", "073332.282500", "073333.442500", "073334.602500", "073335.762500", "073336.922500", "073338.082500", "073339.242500", "073340.402500", "073341.562500", "073342.722500", "073343.882500", "073345.042500", "073346.202500", "073347.362500", "073348.522500", "073349.682500", "073350.842500", "073352.002500", "073353.162500", "073354.322500", "073355.482500", "073356.642500", "073357.802500", "073358.962500", "073400.122500", "073401.282500", "073402.442500", "073403.602500", "073404.762500", "073405.922500", "073407.082500", "073408.242500", "073409.402500", "073410.562500", "073411.722500", "073412.882500", "073414.042500", "073415.202500", "073416.362500", "073417.522500", "073418.682500", "073419.842500", "073421.002500", "073422.162500", "073423.322500", "073424.482500", "073425.642500", "073426.802500", "073427.962500", "073429.122500", "073430.282500", "073431.442500", "073432.602500", "073433.762500", "073434.922500", "073436.082500", "073437.242500", "073438.402500", "073439.562500", "073440.722500", "073441.882500", "073443.042500", "073444.202500", "073445.362500", "073446.522500", "073447.682500", "073448.842500", "073450.002500", "073451.162500", "073452.322500", "073453.482500", "073454.642500", "073455.802500", "073456.962500", "073458.122500", "073459.282500", "073500.442500", "073501.602500", "073502.762500", "073503.922500", "073505.082500", "073506.242500", "073507.402500", "073508.562500", "073509.722500", "073510.882500", "073512.042500", "073513.202500", "073514.362500", "073515.522500", "073516.682500", "073517.842500", "073519.002500", "073520.162500", "073521.322500", "073522.482500", "073523.642500", "073524.802500", "073525.962500", "073527.122500", "073528.282500", "073529.442500", "073530.602500", "073531.762500", "073532.922500", "073534.082500", "073535.242500", "073536.402500", "073537.562500", "073538.722500", "073539.882500", "073541.042500", "073542.202500", "073543.362500", "073544.522500", "073545.682500", "073546.842500", "073548.002500", "073549.162500", "073550.322500", "073551.482500", "073552.642500", "073553.802500", "073554.962500", "073556.122500", "073557.282500", "073558.442500", "073559.602500", "073600.762500", "073601.922500", "073603.082500", "073604.242500", "073605.402500", "073606.562500", "073607.722500", "073608.882500", "073610.042500", "073611.202500", "073612.362500", "073613.522500", "073614.682500", "073615.842500", "073617.002500", "073618.162500", "073619.322500", "073620.482500", "073621.642500", "073622.802500", "073623.962500", "073625.122500", "073626.282500", "073627.442500", "073628.602500", "073629.762500", "073630.922500", "073632.082500", "073633.242500", "073634.402500", "073635.565000", "073636.725000", "073637.885000", "073639.045000", "073640.205000", "073641.365000", "073642.525000", "073643.685000", "073644.845000", "073646.005000", "073647.165000", "073648.325000", "073649.485000", "073650.645000", "073651.805000", "073652.965000", "073654.125000", "073655.285000", "073656.445000", "073657.605000", "073658.765000", "073659.925000", "073701.085000", "073702.245000", "073703.405000", "073704.565000", "073705.725000", "073706.885000", "073708.045000", "073709.205000", "073710.365000", "073711.525000", "073712.685000", "073713.845000", "073715.005000", "073716.165000", "073717.325000", "073718.485000", "073719.645000", "073720.805000", "073721.965000", "073723.125000", "073724.285000", "073725.445000", "073726.605000", "073727.765000", "073728.925000", "073730.085000", "073731.245000", "073732.405000", "073733.565000", "073734.725000", "073735.885000", "073737.045000", "073738.205000", "073739.365000", "073740.525000", "073741.685000", "073742.845000", "073744.005000", "073745.165000", "073746.325000", "073747.485000", "073748.645000", "073749.805000", "073750.965000", "073752.125000", "073753.285000", "073754.445000", "073755.605000", "073756.765000", "073757.925000", "073759.085000", "073800.245000", "073801.405000", "073802.565000", "073803.725000", "073804.885000", "073806.045000", "073807.205000", "073808.365000", "073809.525000", "073810.685000", "073811.845000", "073813.005000", "073814.165000", "073815.325000", "073816.485000", "073817.645000", "073818.805000", "073819.965000", "073821.125000", "073822.285000", "073823.445000", "073824.605000", "073825.765000", "073826.925000", "073828.085000", "073829.245000", "073830.405000", "073831.565000", "073832.725000", "073833.885000", "073835.045000", "073836.205000", "073837.365000", "073838.525000", "073839.685000", "073840.845000", "073842.005000", "073843.165000", "073844.325000", "073845.485000", "073846.645000", "073847.805000", "073848.965000", "073850.125000", "073851.285000", "073852.445000", "073853.605000", "073854.765000", "073855.925000", "073857.085000", "073858.245000", "073859.405000", "073900.565000", "073901.725000", "073902.885000", "073904.045000", "073905.205000", "073906.365000", "073907.525000", "073908.685000", "073909.845000", "073911.005000", "073912.165000", "073913.325000", "073914.485000", "073915.645000", "073916.805000", "073917.965000", "073919.125000", "073920.285000", "073921.445000", "073922.605000", "073923.765000", "073924.925000", "073926.085000", "073927.245000", "073928.405000", "073929.565000", "073930.725000", "073931.885000", "073933.045000", "073934.205000", "073935.365000", "073936.525000", "073937.685000", "073938.845000", "073940.005000", "073941.165000", "073942.325000", "073943.485000", "073944.645000", "073945.805000", "073946.965000", "073948.125000", "073949.285000", "073950.445000", "073951.605000", "073952.765000", "073953.925000", "073955.085000", "073956.245000", "073957.405000", "073958.565000", "073959.725000", "074000.885000", "074002.045000", "074003.205000", "074004.365000", "074005.525000", "074006.685000", "074007.845000", "074009.005000", "074010.165000", "074011.325000", "074012.485000", "074013.645000", "074014.805000", "074015.965000", "074017.125000", "074018.285000", "074019.445000", "074020.605000", "074021.765000", "074022.925000", "074024.085000", "074025.245000", "074026.405000", "074027.565000", "074028.725000", "074029.885000", "074031.045000", "074032.205000", "074033.365000", "074034.525000", "074035.685000", "074036.845000", "074038.005000", "074039.165000", "074040.325000", "074041.485000", "074042.645000", "074043.805000", "074044.965000", "074046.125000", "074047.285000"], "ContentTime": ["073103.796000", "073112.718000", "073112.734000", "073112.734000", "073112.734000", "073112.734000", "073112.734000", "073112.750000", "073112.750000", "073117.718000", "073117.734000", "073117.734000", "073117.734000", "073122.718000", "073122.734000", "073122.734000", "073122.734000", "073127.718000", "073127.734000", "073127.734000", "073127.734000", "073132.718000", "073132.734000", "073132.734000", "073132.734000", "073137.718000", "073137.734000", "073137.734000", "073137.734000", "073142.718000", "073142.734000", "073142.734000", "073142.734000", "073147.718000", "073147.734000", "073147.734000", "073147.734000", "073152.718000", "073152.734000", "073152.734000", "073152.734000", "073157.718000", "073157.734000", "073157.734000", "073157.734000", "073202.718000", "073202.734000", "073202.734000", "073202.734000", "073207.718000", "073207.734000", "073207.734000", "073207.734000", "073212.718000", "073212.734000", "073212.734000", "073212.734000", "073212.734000", "073217.718000", "073217.734000", "073217.734000", "073217.734000", "073222.718000", "073222.734000", "073222.734000", "073222.734000", "073227.718000", "073227.734000", "073227.734000", "073232.718000", "073232.734000", "073232.734000", "073232.734000", "073237.718000", "073237.734000", "073237.734000", "073237.734000", "073237.734000", "073242.718000", "073242.734000", "073242.734000", "073247.718000", "073247.734000", "073247.734000", "073247.734000", "073247.734000", "073252.718000", "073252.734000", "073252.734000", "073257.718000", "073257.734000", "073257.734000", "073257.734000", "073302.718000", "073302.734000", "073302.734000", "073302.734000", "073307.718000", "073307.734000", "073307.734000", "073307.734000", "073307.734000", "073312.718000", "073312.734000", "073312.734000", "073317.718000", "073317.734000", "073317.734000", "073317.734000", "073317.750000", "073322.718000", "073322.734000", "073322.734000", "073322.734000", "073327.718000", "073327.734000", "073327.734000", "073327.734000", "073332.718000", "073332.734000", "073332.734000", "073332.734000", "073337.718000", "073337.734000", "073337.734000", "073337.734000", "073342.718000", "073342.734000", "073342.734000", "073342.734000", "073347.718000", "073347.734000", "073347.734000", "073347.734000", "073347.734000", "073352.718000", "073352.734000", "073352.734000", "073357.718000", "073357.734000", "073357.734000", "073357.734000", "073357.750000", "073402.718000", "073402.734000", "073402.734000", "073402.734000", "073407.718000", "073407.734000", "073407.734000", "073412.718000", "073412.734000", "073412.734000", "073412.734000", "073412.734000", "073417.718000", "073417.734000", "073417.734000", "073422.718000", "073422.734000", "073422.734000", "073422.734000", "073427.718000", "073427.734000", "073427.734000", "073427.734000", "073432.718000", "073432.734000", "073432.734000", "073437.718000", "073437.734000", "073437.734000", "073437.734000", "073437.750000", "073442.718000", "073442.734000", "073442.734000", "073447.718000", "073447.734000", "073447.734000", "073447.734000", "073452.718000", "073452.734000", "073452.734000", "073452.750000", "073457.718000", "073457.734000", "073457.734000", "073457.734000", "073502.718000", "073502.734000", "073502.734000", "073502.734000", "073507.718000", "073507.734000", "073507.734000", "073507.734000", "073512.718000", "073512.734000", "073512.734000", "073517.718000", "073517.734000", "073517.734000", "073517.734000", "073522.718000", "073522.734000", "073522.734000", "073522.734000", "073522.734000", "073527.718000", "073527.734000", "073527.734000", "073527.734000", "073532.718000", "073532.734000", "073532.734000", "073532.734000", "073537.718000", "073537.734000", "073537.734000", "073542.718000", "073542.734000", "073542.734000", "073542.734000", "073542.734000", "073547.718000", "073547.734000", "073547.734000", "073547.734000", "073552.718000", "073552.734000", "073552.734000", "073552.734000", "073557.718000", "073557.734000", "073557.734000", "073557.734000", "073602.718000", "073602.734000", "073602.734000", "073602.734000", "073607.718000", "073607.734000", "073607.734000", "073607.734000", "073612.718000", "073612.734000", "073612.734000", "073612.734000", "073617.718000", "073617.734000", "073617.734000", "073622.718000", "073622.734000", "073622.734000", "073622.734000", "073627.718000", "073627.734000", "073627.734000", "073627.734000", "073632.718000", "073632.734000", "073632.734000", "073632.734000", "073637.718000", "073637.734000", "073637.734000", "073637.734000", "073642.718000", "073642.781000", "073642.781000", "073642.781000", "073647.718000", "073647.734000", "073647.734000", "073647.734000", "073647.734000", "073652.718000", "073652.734000", "073652.734000", "073652.734000", "073657.718000", "073657.734000", "073657.734000", "073657.734000", "073702.718000", "073702.734000", "073702.734000", "073702.734000", "073707.718000", "073707.734000", "073707.734000", "073707.734000", "073712.718000", "073712.734000", "073712.734000", "073712.734000", "073717.718000", "073717.734000", "073717.750000", "073717.750000", "073722.718000", "073722.734000", "073722.734000", "073722.734000", "073727.718000", "073727.734000", "073727.734000", "073727.734000", "073732.718000", "073732.734000", "073732.734000", "073732.734000", "073737.718000", "073737.734000", "073737.734000", "073737.734000", "073742.718000", "073742.734000", "073742.734000", "073742.734000", "073747.718000", "073747.734000", "073747.734000", "073747.734000", "073747.734000", "073752.718000", "073752.734000", "073752.734000", "073752.734000", "073757.718000", "073757.734000", "073757.734000", "073757.734000", "073802.718000", "073802.734000", "073802.734000", "073802.750000", "073807.718000", "073807.734000", "073807.734000", "073807.734000", "073812.718000", "073812.734000", "073812.734000", "073812.734000", "073817.718000", "073817.734000", "073817.734000", "073817.734000", "073822.718000", "073822.734000", "073822.734000", "073822.734000", "073827.718000", "073827.734000", "073827.734000", "073827.734000", "073832.718000", "073832.734000", "073832.734000", "073832.734000", "073832.750000", "073837.718000", "073837.734000", "073837.734000", "073837.734000", "073842.718000", "073842.734000", "073842.734000", "073842.734000", "073847.718000", "073847.734000", "073847.734000", "073847.734000", "073852.718000", "073852.734000", "073852.734000", "073852.734000", "073857.718000", "073857.734000", "073857.734000", "073857.734000", "073902.718000", "073902.734000", "073902.734000", "073902.734000", "073907.718000", "073907.734000", "073907.734000", "073907.734000", "073912.718000", "073912.734000", "073912.734000", "073912.734000", "073917.718000", "073917.734000", "073917.734000", "073917.734000", "073922.718000", "073922.734000", "073922.734000", "073922.734000", "073927.718000", "073927.734000", "073927.734000", "073927.734000", "073932.718000", "073932.734000", "073932.734000", "073932.734000", "073937.718000", "073937.734000", "073937.734000", "073937.734000", "073942.718000", "073942.734000", "073942.734000", "073942.734000", "073947.718000", "073947.734000", "073947.734000", "073947.734000", "073952.718000", "073952.734000", "073952.734000", "073952.734000", "073957.718000", "073957.734000", "073957.734000", "073957.734000", "074002.718000", "074002.734000", "074002.734000", "074002.734000", "074007.718000", "074007.734000", "074007.734000", "074007.734000", "074012.718000", "074012.734000", "074012.734000", "074012.734000", "074017.718000", "074017.734000", "074017.734000", "074022.718000", "074022.734000", "074022.750000", "074022.750000", "074022.750000", "074027.718000", "074027.734000", "074027.734000", "074027.734000", "074032.718000", "074032.734000", "074032.734000", "074032.734000", "074037.718000", "074037.734000", "074037.734000", "074037.734000", "074042.718000", "074042.734000", "074042.734000", "074042.734000", "074047.718000", "074047.734000", "074047.734000", "074047.734000", "074052.718000", "074052.734000", "074052.734000", "074052.734000", "074057.718000", "074057.734000", "074057.734000", "074057.734000", "074102.718000", "074102.734000", "074102.734000", "074102.734000", "074102.734000", "074107.718000", "074107.734000", "074107.734000", "074107.734000", "074112.718000", "074112.734000", "074112.734000", "074112.734000", "074112.734000", "074117.718000", "074117.734000", "074117.734000", "074122.718000", "074122.734000", "074122.734000", "074122.734000", "074122.734000", "074127.718000", "074127.734000", "074127.734000", "074127.734000", "074132.718000", "074132.734000", "074132.734000", "074132.734000", "074137.718000", "074137.734000", "074137.734000", "074137.734000", "074142.062000", "074142.062000", "074142.062000", "074142.078000", "074142.078000"], "InstanceCreationTime": ["073103.796000", "073112.718000", "073112.734000", "073112.734000", "073112.734000", "073112.734000", "073112.734000", "073112.750000", "073112.750000", "073117.718000", "073117.734000", "073117.734000", "073117.734000", "073122.718000", "073122.734000", "073122.734000", "073122.734000", "073127.718000", "073127.734000", "073127.734000", "073127.734000", "073132.718000", "073132.734000", "073132.734000", "073132.734000", "073137.718000", "073137.734000", "073137.734000", "073137.734000", "073142.718000", "073142.734000", "073142.734000", "073142.734000", "073147.718000", "073147.734000", "073147.734000", "073147.734000", "073152.718000", "073152.734000", "073152.734000", "073152.734000", "073157.718000", "073157.734000", "073157.734000", "073157.734000", "073202.718000", "073202.734000", "073202.734000", "073202.734000", "073207.718000", "073207.734000", "073207.734000", "073207.734000", "073212.718000", "073212.734000", "073212.734000", "073212.734000", "073212.734000", "073217.718000", "073217.734000", "073217.734000", "073217.734000", "073222.718000", "073222.734000", "073222.734000", "073222.734000", "073227.718000", "073227.734000", "073227.734000", "073232.718000", "073232.734000", "073232.734000", "073232.734000", "073237.718000", "073237.734000", "073237.734000", "073237.734000", "073237.734000", "073242.718000", "073242.734000", "073242.734000", "073247.718000", "073247.734000", "073247.734000", "073247.734000", "073247.734000", "073252.718000", "073252.734000", "073252.734000", "073257.718000", "073257.734000", "073257.734000", "073257.734000", "073302.718000", "073302.734000", "073302.734000", "073302.734000", "073307.718000", "073307.734000", "073307.734000", "073307.734000", "073307.734000", "073312.718000", "073312.734000", "073312.734000", "073317.718000", "073317.734000", "073317.734000", "073317.734000", "073317.750000", "073322.718000", "073322.734000", "073322.734000", "073322.734000", "073327.718000", "073327.734000", "073327.734000", "073327.734000", "073332.718000", "073332.734000", "073332.734000", "073332.734000", "073337.718000", "073337.734000", "073337.734000", "073337.734000", "073342.718000", "073342.734000", "073342.734000", "073342.734000", "073347.718000", "073347.734000", "073347.734000", "073347.734000", "073347.734000", "073352.718000", "073352.734000", "073352.734000", "073357.718000", "073357.734000", "073357.734000", "073357.734000", "073357.750000", "073402.718000", "073402.734000", "073402.734000", "073402.734000", "073407.718000", "073407.734000", "073407.734000", "073412.718000", "073412.734000", "073412.734000", "073412.734000", "073412.734000", "073417.718000", "073417.734000", "073417.734000", "073422.718000", "073422.734000", "073422.734000", "073422.734000", "073427.718000", "073427.734000", "073427.734000", "073427.734000", "073432.718000", "073432.734000", "073432.734000", "073437.718000", "073437.734000", "073437.734000", "073437.734000", "073437.750000", "073442.718000", "073442.734000", "073442.734000", "073447.718000", "073447.734000", "073447.734000", "073447.734000", "073452.718000", "073452.734000", "073452.734000", "073452.750000", "073457.718000", "073457.734000", "073457.734000", "073457.734000", "073502.718000", "073502.734000", "073502.734000", "073502.734000", "073507.718000", "073507.734000", "073507.734000", "073507.734000", "073512.718000", "073512.734000", "073512.734000", "073517.718000", "073517.734000", "073517.734000", "073517.734000", "073522.718000", "073522.734000", "073522.734000", "073522.734000", "073522.734000", "073527.718000", "073527.734000", "073527.734000", "073527.734000", "073532.718000", "073532.734000", "073532.734000", "073532.734000", "073537.718000", "073537.734000", "073537.734000", "073542.718000", "073542.734000", "073542.734000", "073542.734000", "073542.734000", "073547.718000", "073547.734000", "073547.734000", "073547.734000", "073552.718000", "073552.734000", "073552.734000", "073552.734000", "073557.718000", "073557.734000", "073557.734000", "073557.734000", "073602.718000", "073602.734000", "073602.734000", "073602.734000", "073607.718000", "073607.734000", "073607.734000", "073607.734000", "073612.718000", "073612.734000", "073612.734000", "073612.734000", "073617.718000", "073617.734000", "073617.734000", "073622.718000", "073622.734000", "073622.734000", "073622.734000", "073627.718000", "073627.734000", "073627.734000", "073627.734000", "073632.718000", "073632.734000", "073632.734000", "073632.734000", "073637.718000", "073637.734000", "073637.734000", "073637.734000", "073642.718000", "073642.781000", "073642.781000", "073642.781000", "073647.718000", "073647.734000", "073647.734000", "073647.734000", "073647.734000", "073652.718000", "073652.734000", "073652.734000", "073652.734000", "073657.718000", "073657.734000", "073657.734000", "073657.734000", "073702.718000", "073702.734000", "073702.734000", "073702.734000", "073707.718000", "073707.734000", "073707.734000", "073707.734000", "073712.718000", "073712.734000", "073712.734000", "073712.734000", "073717.718000", "073717.734000", "073717.750000", "073717.750000", "073722.718000", "073722.734000", "073722.734000", "073722.734000", "073727.718000", "073727.734000", "073727.734000", "073727.734000", "073732.718000", "073732.734000", "073732.734000", "073732.734000", "073737.718000", "073737.734000", "073737.734000", "073737.734000", "073742.718000", "073742.734000", "073742.734000", "073742.734000", "073747.718000", "073747.734000", "073747.734000", "073747.734000", "073747.734000", "073752.718000", "073752.734000", "073752.734000", "073752.734000", "073757.718000", "073757.734000", "073757.734000", "073757.734000", "073802.718000", "073802.734000", "073802.734000", "073802.750000", "073807.718000", "073807.734000", "073807.734000", "073807.734000", "073812.718000", "073812.734000", "073812.734000", "073812.734000", "073817.718000", "073817.734000", "073817.734000", "073817.734000", "073822.718000", "073822.734000", "073822.734000", "073822.734000", "073827.718000", "073827.734000", "073827.734000", "073827.734000", "073832.718000", "073832.734000", "073832.734000", "073832.734000", "073832.750000", "073837.718000", "073837.734000", "073837.734000", "073837.734000", "073842.718000", "073842.734000", "073842.734000", "073842.734000", "073847.718000", "073847.734000", "073847.734000", "073847.734000", "073852.718000", "073852.734000", "073852.734000", "073852.734000", "073857.718000", "073857.734000", "073857.734000", "073857.734000", "073902.718000", "073902.734000", "073902.734000", "073902.734000", "073907.718000", "073907.734000", "073907.734000", "073907.734000", "073912.718000", "073912.734000", "073912.734000", "073912.734000", "073917.718000", "073917.734000", "073917.734000", "073917.734000", "073922.718000", "073922.734000", "073922.734000", "073922.734000", "073927.718000", "073927.734000", "073927.734000", "073927.734000", "073932.718000", "073932.734000", "073932.734000", "073932.734000", "073937.718000", "073937.734000", "073937.734000", "073937.734000", "073942.718000", "073942.734000", "073942.734000", "073942.734000", "073947.718000", "073947.734000", "073947.734000", "073947.734000", "073952.718000", "073952.734000", "073952.734000", "073952.734000", "073957.718000", "073957.734000", "073957.734000", "073957.734000", "074002.718000", "074002.734000", "074002.734000", "074002.734000", "074007.718000", "074007.734000", "074007.734000", "074007.734000", "074012.718000", "074012.734000", "074012.734000", "074012.734000", "074017.718000", "074017.734000", "074017.734000", "074022.718000", "074022.734000", "074022.750000", "074022.750000", "074022.750000", "074027.718000", "074027.734000", "074027.734000", "074027.734000", "074032.718000", "074032.734000", "074032.734000", "074032.734000", "074037.718000", "074037.734000", "074037.734000", "074037.734000", "074042.718000", "074042.734000", "074042.734000", "074042.734000", "074047.718000", "074047.734000", "074047.734000", "074047.734000", "074052.718000", "074052.734000", "074052.734000", "074052.734000", "074057.718000", "074057.734000", "074057.734000", "074057.734000", "074102.718000", "074102.734000", "074102.734000", "074102.734000", "074102.734000", "074107.718000", "074107.734000", "074107.734000", "074107.734000", "074112.718000", "074112.734000", "074112.734000", "074112.734000", "074112.734000", "074117.718000", "074117.734000", "074117.734000", "074122.718000", "074122.734000", "074122.734000", "074122.734000", "074122.734000", "074127.718000", "074127.734000", "074127.734000", "074127.734000", "074132.718000", "074132.734000", "074132.734000", "074132.734000", "074137.718000", "074137.734000", "074137.734000", "074137.734000", "074142.062000", "074142.062000", "074142.062000", "074142.078000", "074142.078000"], "InstanceNumber": [1, 2, 3, 4, 5, 6, 7, 8, 9, 10, 11, 12, 13, 14, 15, 16, 17, 18, 19, 20, 21, 22, 23, 24, 25, 26, 27, 28, 29, 30, 31, 32, 33, 34, 35, 36, 37, 38, 39, 40, 41, 42, 43, 44, 45, 46, 47, 48, 49, 50, 51, 52, 53, 54, 55, 56, 57, 58, 59, 60, 61, 62, 63, 64, 65, 66, 67, 68, 69, 70, 71, 72, 73, 74, 75, 76, 77, 78, 79, 80, 81, 82, 83, 84, 85, 86, 87, 88, 89, 90, 91, 92, 93, 94, 95, 96, 97, 98, 99, 100, 101, 102, 103, 104, 105, 106, 107, 108, 109, 110, 111, 112, 113, 114, 115, 116, 117, 118, 119, 120, 121, 122, 123, 124, 125, 126, 127, 128, 129, 130, 131, 132, 133, 134, 135, 136, 137, 138, 139, 140, 141, 142, 143, 144, 145, 146, 147, 148, 149, 150, 151, 152, 153, 154, 155, 156, 157, 158, 159, 160, 161, 162, 163, 164, 165, 166, 167, 168, 169, 170, 171, 172, 173, 174, 175, 176, 177, 178, 179, 180, 181, 182, 183, 184, 185, 186, 187, 188, 189, 190, 191, 192, 193, 194, 195, 196, 197, 198, 199, 200, 201, 202, 203, 204, 205, 206, 207, 208, 209, 210, 211, 212, 213, 214, 215, 216, 217, 218, 219, 220, 221, 222, 223, 224, 225, 226, 227, 228, 229, 230, 231, 232, 233, 234, 235, 236, 237, 238, 239, 240, 241, 242, 243, 244, 245, 246, 247, 248, 249, 250, 251, 252, 253, 254, 255, 256, 257, 258, 259, 260, 261, 262, 263, 264, 265, 266, 267, 268, 269, 270, 271, 272, 273, 274, 275, 276, 277, 278, 279, 280, 281, 282, 283, 284, 285, 286, 287, 288, 289, 290, 291, 292, 293, 294, 295, 296, 297, 298, 299, 300, 301, 302, 303, 304, 305, 306, 307, 308, 309, 310, 311, 312, 313, 314, 315, 316, 317, 318, 319, 320, 321, 322, 323, 324, 325, 326, 327, 328, 329, 330, 331, 332, 333, 334, 335, 336, 337, 338, 339, 340, 341, 342, 343, 344, 345, 346, 347, 348, 349, 350, 351, 352, 353, 354, 355, 356, 357, 358, 359, 360, 361, 362, 363, 364, 365, 366, 367, 368, 369, 370, 371, 372, 373, 374, 375, 376, 377, 378, 379, 380, 381, 382, 383, 384, 385, 386, 387, 388, 389, 390, 391, 392, 393, 394, 395, 396, 397, 398, 399, 400, 401, 402, 403, 404, 405, 406, 407, 408, 409, 410, 411, 412, 413, 414, 415, 416, 417, 418, 419, 420, 421, 422, 423, 424, 425, 426, 427, 428, 429, 430, 431, 432, 433, 434, 435, 436, 437, 438, 439, 440, 441, 442, 443, 444, 445, 446, 447, 448, 449, 450, 451, 452, 453, 454, 455, 456, 457, 458, 459, 460, 461, 462, 463, 464, 465, 466, 467, 468, 469, 470, 471, 472, 473, 474, 475, 476, 477, 478, 479, 480, 481, 482, 483, 484, 485, 486, 487, 488, 489, 490, 491, 492, 493, 494, 495, 496, 497, 498, 499, 500, 501, 502, 503, 504, 505, 506, 507, 508, 509, 510, 511, 512, 513, 514, 515, 516, 517, 518], "LargestImagePixelValue": [23343, 23158, 22653, 22603, 22575, 22565, 22600, 22672, 22503, 22394, 22441, 22357, 22434, 22622, 22387, 22564, 22383, 22461, 22502, 22455, 22548, 22456, 22531, 22570, 22461, 22647, 22704, 24137, 26228, 22776, 23836, 23069, 22730, 22451, 24804, 22203, 22070, 23077, 22747, 22250, 22538, 22378, 22274, 22192, 22283, 22605, 22347, 22664, 22439, 22421, 22273, 22586, 22440, 23147, 22613, 22276, 22447, 22410, 22422, 22444, 22982, 22514, 22362, 22340, 22556, 22630, 22812, 22909, 22545, 22534, 22651, 23508, 22876, 22955, 22522, 22540, 22733, 22704, 22845, 22816, 23279, 22449, 25112, 23358, 23045, 22824, 22542, 22414, 22422, 22586, 22619, 22615, 23125, 22854, 22680, 24414, 22762, 22907, 22774, 22896, 23128, 23273, 22871, 22823, 22814, 22769, 22645, 22756, 23000, 23213, 22580, 22773, 23694, 22464, 22628, 22944, 23084, 23295, 22798, 22534, 22637, 22763, 22950, 22811, 22989, 23045, 23216, 23016, 22356, 22542, 22833, 22700, 22890, 22981, 23166, 23102, 22714, 22594, 23305, 22940, 22990, 23074, 23117, 22990, 23014, 23575, 23495, 22906, 23057, 23005, 23258, 23335, 23246, 23222, 23486, 23484, 23392, 23032, 22898, 23207, 23085, 23550, 23342, 23687, 23289, 23214, 23186, 23371, 23415, 23369, 23532, 23770, 23428, 23191, 23298, 23232, 23416, 23264, 23534, 23384, 23742, 23570, 23318, 23246, 23342, 23362, 23359, 23684, 23592, 23605, 23515, 23909, 23252, 23478, 23724, 23630, 23366, 23201, 23347, 23395, 23538, 23488, 23409, 23660, 23828, 23397, 23290, 23330, 23348, 23597, 23457, 23732, 23325, 23371, 23430, 23524, 23381, 23538, 23413, 24727, 25416, 24816, 23685, 23156, 23505, 23430, 23070, 23055, 23186, 23335, 23091, 23229, 23366, 23205, 23198, 23399, 24527, 23374, 23195, 23360, 23561, 23387, 23568, 23273, 23360, 23457, 23393, 23479, 23353, 23543, 23426, 23834, 23573, 23450, 23412, 23266, 23393, 23548, 23367, 23298, 23536, 23656, 25654, 23305, 23833, 23209, 23340, 24155, 23290, 23600, 23752, 23310, 23254, 23399, 23248, 23325, 23372, 23193, 23467, 23520, 23530, 23267, 23281, 23408, 23203, 23437, 23490, 23577, 23306, 23401, 23356, 23415, 23554, 23496, 23395, 23428, 23575, 23352, 23475, 23675, 23381, 23368, 23268, 23331, 23415, 23328, 23256, 23223, 23537, 23458, 23334, 23833, 23143, 23246, 23229, 23371, 23516, 23181, 23116, 23276, 23291, 23202, 23394, 23507, 23280, 23345, 23170, 23373, 23241, 23469, 23359, 23041, 23127, 23287, 23134, 23415, 23452, 23035, 23165, 23539, 23399, 23497, 23752, 23272, 23790, 23324, 23209, 23417, 23450, 23229, 23240, 23298, 23350, 23167, 23102, 23182, 23335, 23360, 23126, 23445, 23198, 23259, 23534, 23242, 23222, 23394, 23511, 23205, 23275, 23197, 24954, 23404, 23241, 23353, 23141, 23415, 23261, 23337, 23019, 23462, 23344, 23158, 23297, 23100, 23190, 23305, 22963, 23542, 23193, 23501, 23199, 23409, 23321, 23260, 23431, 23415, 23658, 23054, 23253, 23198, 23242, 23451, 23155, 23503, 23174, 23527, 23230, 23340, 23431, 23052, 23692, 23021, 23849, 23311, 23219, 23145, 23275, 23151, 23156, 23312, 23202, 23035, 23270, 23013, 23285, 23249, 23216, 23237, 23155, 23074, 23349, 23422, 23248, 23234, 23274, 23167, 23062, 23498, 23408, 23266, 23544, 23330, 23531, 23213, 23225, 23202, 23042, 23755, 23242, 23294, 23212, 23509, 23175, 23135, 23258, 23267, 23395, 23198, 23313, 23540, 23135, 23012, 22909, 23085, 23216, 23342, 22988, 23000, 23107, 23444, 23041, 23228, 23346, 23257, 23073, 23154, 22954, 23089, 23157, 23087, 23564, 23551, 23153, 23043, 23229, 23478, 23040, 23421, 23064, 23192, 23276, 23784, 23440, 23260, 23330, 22904, 24256, 23132, 23089, 23725, 23277, 23210, 23238, 24705, 23101, 23067, 23109, 23238, 23359, 23385, 23220, 23203, 23159, 23218, 23396, 23219, 23035, 23203], "WindowCenter": [9732.0, 9707.0, 9718.0, 9712.0, 9714.0, 9703.0, 9697.0, 9715.0, 9700.0, 9689.0, 9703.0, 9712.0, 9714.0, 9722.0, 9696.0, 9710.0, 9713.0, 9712.0, 9714.0, 9719.0, 9731.0, 9715.0, 9723.0, 9718.0, 9712.0, 9705.0, 9723.0, 9763.0, 9784.0, 9739.0, 9758.0, 9730.0, 9723.0, 9707.0, 9714.0, 9699.0, 9692.0, 9719.0, 9727.0, 9724.0, 9729.0, 9705.0, 9684.0, 9687.0, 9689.0, 9683.0, 9701.0, 9699.0, 9702.0, 9712.0, 9705.0, 9698.0, 9679.0, 9696.0, 9700.0, 9694.0, 9689.0, 9696.0, 9688.0, 9711.0, 9696.0, 9693.0, 9711.0, 9703.0, 9684.0, 9705.0, 9695.0, 9709.0, 9699.0, 9721.0, 9708.0, 9692.0, 9698.0, 9721.0, 9702.0, 9718.0, 9719.0, 9711.0, 9708.0, 9696.0, 9688.0, 9693.0, 9739.0, 9721.0, 9701.0, 9689.0, 9674.0, 9673.0, 9692.0, 9667.0, 9660.0, 9675.0, 9669.0, 9703.0, 9703.0, 9714.0, 9689.0, 9692.0, 9695.0, 9704.0, 9705.0, 9688.0, 9677.0, 9689.0, 9683.0, 9676.0, 9676.0, 9677.0, 9681.0, 9677.0, 9674.0, 9672.0, 9690.0, 9689.0, 9678.0, 9689.0, 9680.0, 9665.0, 9661.0, 9671.0, 9689.0, 9677.0, 9677.0, 9696.0, 9694.0, 9701.0, 9684.0, 9667.0, 9687.0, 9690.0, 9680.0, 9685.0, 9688.0, 9681.0, 9676.0, 9649.0, 9648.0, 9660.0, 9668.0, 9676.0, 9668.0, 9669.0, 9680.0, 9687.0, 9670.0, 9679.0, 9673.0, 9660.0, 9670.0, 9680.0, 9676.0, 9680.0, 9696.0, 9703.0, 9697.0, 9705.0, 9707.0, 9693.0, 9705.0, 9697.0, 9686.0, 9689.0, 9701.0, 9692.0, 9704.0, 9707.0, 9701.0, 9685.0, 9706.0, 9689.0, 9693.0, 9678.0, 9683.0, 9678.0, 9674.0, 9665.0, 9672.0, 9676.0, 9687.0, 9692.0, 9668.0, 9679.0, 9688.0, 9682.0, 9681.0, 9683.0, 9686.0, 9690.0, 9712.0, 9688.0, 9688.0, 9671.0, 9679.0, 9671.0, 9675.0, 9669.0, 9678.0, 9684.0, 9686.0, 9694.0, 9703.0, 9687.0, 9691.0, 9685.0, 9674.0, 9682.0, 9689.0, 9692.0, 9680.0, 9665.0, 9685.0, 9672.0, 9671.0, 9656.0, 9660.0, 9653.0, 9652.0, 9637.0, 9633.0, 9675.0, 9731.0, 9686.0, 9679.0, 9672.0, 9656.0, 9650.0, 9634.0, 9633.0, 9640.0, 9637.0, 9638.0, 9647.0, 9643.0, 9637.0, 9643.0, 9661.0, 9653.0, 9643.0, 9651.0, 9657.0, 9643.0, 9641.0, 9634.0, 9632.0, 9649.0, 9659.0, 9661.0, 9675.0, 9673.0, 9677.0, 9669.0, 9656.0, 9663.0, 9645.0, 9651.0, 9662.0, 9652.0, 9673.0, 9662.0, 9680.0, 9670.0, 9663.0, 9664.0, 9650.0, 9660.0, 9644.0, 9655.0, 9671.0, 9673.0, 9672.0, 9664.0, 9666.0, 9668.0, 9659.0, 9655.0, 9662.0, 9654.0, 9661.0, 9666.0, 9669.0, 9653.0, 9665.0, 9672.0, 9680.0, 9670.0, 9670.0, 9667.0, 9680.0, 9676.0, 9677.0, 9671.0, 9662.0, 9661.0, 9673.0, 9679.0, 9671.0, 9662.0, 9660.0, 9661.0, 9652.0, 9656.0, 9654.0, 9668.0, 9659.0, 9649.0, 9662.0, 9649.0, 9664.0, 9656.0, 9655.0, 9659.0, 9666.0, 9661.0, 9655.0, 9672.0, 9661.0, 9664.0, 9681.0, 9670.0, 9662.0, 9662.0, 9662.0, 9661.0, 9657.0, 9657.0, 9661.0, 9656.0, 9639.0, 9651.0, 9657.0, 9670.0, 9669.0, 9675.0, 9672.0, 9665.0, 9661.0, 9668.0, 9656.0, 9672.0, 9666.0, 9650.0, 9658.0, 9650.0, 9633.0, 9659.0, 9660.0, 9651.0, 9658.0, 9672.0, 9654.0, 9645.0, 9653.0, 9652.0, 9646.0, 9642.0, 9651.0, 9652.0, 9658.0, 9672.0, 9652.0, 9657.0, 9655.0, 9640.0, 9642.0, 9626.0, 9636.0, 9647.0, 9662.0, 9676.0, 9673.0, 9678.0, 9654.0, 9655.0, 9650.0, 9633.0, 9647.0, 9649.0, 9638.0, 9635.0, 9632.0, 9627.0, 9643.0, 9644.0, 9650.0, 9636.0, 9632.0, 9643.0, 9675.0, 9660.0, 9665.0, 9655.0, 9634.0, 9641.0, 9642.0, 9644.0, 9643.0, 9659.0, 9658.0, 9661.0, 9637.0, 9656.0, 9632.0, 9638.0, 9642.0, 9640.0, 9648.0, 9650.0, 9652.0, 9656.0, 9675.0, 9677.0, 9680.0, 9663.0, 9653.0, 9651.0, 9664.0, 9662.0, 9644.0, 9634.0, 9643.0, 9635.0, 9641.0, 9660.0, 9673.0, 9658.0, 9657.0, 9639.0, 9654.0, 9631.0, 9643.0, 9640.0, 9638.0, 9624.0, 9635.0, 9637.0, 9625.0, 9624.0, 9630.0, 9626.0, 9623.0, 9631.0, 9636.0, 9641.0, 9644.0, 9630.0, 9634.0, 9644.0, 9643.0, 9653.0, 9643.0, 9662.0, 9642.0, 9650.0, 9653.0, 9642.0, 9663.0, 9644.0, 9651.0, 9665.0, 9654.0, 9651.0, 9653.0, 9650.0, 9639.0, 9651.0, 9636.0, 9648.0, 9652.0, 9659.0, 9661.0, 9662.0, 9663.0, 9650.0, 9655.0, 9658.0, 9651.0, 9657.0, 9641.0, 9648.0, 9642.0, 9662.0, 9646.0, 9643.0, 9657.0, 9663.0, 9660.0, 9654.0, 9646.0, 9643.0, 9652.0, 9641.0, 9643.0, 9637.0, 9644.0, 9632.0, 9623.0, 9647.0, 9641.0, 9631.0, 9641.0, 9635.0, 9634.0, 9646.0, 9646.0, 9637.0, 9641.0, 9636.0, 9649.0, 9637.0, 9635.0, 9640.0, 9645.0, 9641.0, 9646.0, 9640.0, 9648.0, 9652.0, 9634.0], "WindowWidth": [20572.0, 20517.0, 20533.0, 20523.0, 20527.0, 20501.0, 20487.0, 20523.0, 20494.0, 20477.0, 20503.0, 20521.0, 20526.0, 20542.0, 20492.0, 20518.0, 20520.0, 20522.0, 20531.0, 20538.0, 20563.0, 20531.0, 20544.0, 20539.0, 20523.0, 20508.0, 20543.0, 20652.0, 20682.0, 20578.0, 20619.0, 20557.0, 20544.0, 20507.0, 20515.0, 20490.0, 20473.0, 20540.0, 20553.0, 20545.0, 20558.0, 20507.0, 20462.0, 20467.0, 20467.0, 20458.0, 20493.0, 20496.0, 20498.0, 20519.0, 20505.0, 20489.0, 20453.0, 20487.0, 20490.0, 20478.0, 20472.0, 20487.0, 20469.0, 20514.0, 20486.0, 20480.0, 20515.0, 20500.0, 20462.0, 20503.0, 20488.0, 20512.0, 20492.0, 20534.0, 20508.0, 20478.0, 20491.0, 20532.0, 20499.0, 20534.0, 20536.0, 20518.0, 20510.0, 20486.0, 20467.0, 20478.0, 20593.0, 20542.0, 20497.0, 20471.0, 20437.0, 20432.0, 20466.0, 20422.0, 20407.0, 20442.0, 20432.0, 20497.0, 20501.0, 20519.0, 20471.0, 20473.0, 20481.0, 20499.0, 20501.0, 20467.0, 20442.0, 20465.0, 20452.0, 20439.0, 20438.0, 20444.0, 20453.0, 20441.0, 20432.0, 20432.0, 20466.0, 20463.0, 20447.0, 20465.0, 20451.0, 20417.0, 20408.0, 20428.0, 20463.0, 20442.0, 20443.0, 20479.0, 20478.0, 20492.0, 20456.0, 20424.0, 20462.0, 20468.0, 20450.0, 20460.0, 20466.0, 20449.0, 20437.0, 20381.0, 20376.0, 20402.0, 20421.0, 20435.0, 20421.0, 20425.0, 20447.0, 20458.0, 20429.0, 20442.0, 20428.0, 20401.0, 20423.0, 20443.0, 20437.0, 20443.0, 20478.0, 20493.0, 20486.0, 20507.0, 20505.0, 20479.0, 20500.0, 20482.0, 20464.0, 20467.0, 20494.0, 20477.0, 20498.0, 20500.0, 20491.0, 20459.0, 20496.0, 20465.0, 20475.0, 20442.0, 20450.0, 20441.0, 20433.0, 20416.0, 20427.0, 20437.0, 20457.0, 20468.0, 20424.0, 20439.0, 20458.0, 20451.0, 20449.0, 20455.0, 20460.0, 20466.0, 20506.0, 20466.0, 20460.0, 20428.0, 20440.0, 20429.0, 20436.0, 20423.0, 20440.0, 20456.0, 20460.0, 20474.0, 20491.0, 20463.0, 20469.0, 20457.0, 20432.0, 20449.0, 20465.0, 20468.0, 20444.0, 20418.0, 20452.0, 20426.0, 20424.0, 20398.0, 20401.0, 20386.0, 20384.0, 20352.0, 20343.0, 20445.0, 20569.0, 20450.0, 20438.0, 20422.0, 20389.0, 20373.0, 20339.0, 20339.0, 20356.0, 20349.0, 20352.0, 20372.0, 20362.0, 20350.0, 20366.0, 20400.0, 20383.0, 20361.0, 20378.0, 20389.0, 20359.0, 20357.0, 20340.0, 20334.0, 20372.0, 20396.0, 20401.0, 20427.0, 20428.0, 20437.0, 20424.0, 20393.0, 20401.0, 20368.0, 20380.0, 20402.0, 20383.0, 20423.0, 20405.0, 20439.0, 20426.0, 20405.0, 20402.0, 20378.0, 20395.0, 20368.0, 20387.0, 20421.0, 20431.0, 20430.0, 20411.0, 20415.0, 20419.0, 20402.0, 20391.0, 20404.0, 20389.0, 20405.0, 20414.0, 20419.0, 20387.0, 20405.0, 20426.0, 20444.0, 20425.0, 20427.0, 20420.0, 20443.0, 20437.0, 20434.0, 20422.0, 20407.0, 20405.0, 20427.0, 20439.0, 20425.0, 20402.0, 20397.0, 20400.0, 20386.0, 20389.0, 20387.0, 20418.0, 20400.0, 20379.0, 20403.0, 20381.0, 20409.0, 20394.0, 20389.0, 20400.0, 20412.0, 20402.0, 20390.0, 20425.0, 20407.0, 20411.0, 20444.0, 20424.0, 20407.0, 20404.0, 20407.0, 20404.0, 20395.0, 20394.0, 20402.0, 20388.0, 20355.0, 20380.0, 20393.0, 20419.0, 20424.0, 20436.0, 20425.0, 20413.0, 20407.0, 20417.0, 20396.0, 20427.0, 20417.0, 20384.0, 20397.0, 20377.0, 20347.0, 20394.0, 20400.0, 20381.0, 20391.0, 20416.0, 20384.0, 20371.0, 20384.0, 20381.0, 20370.0, 20364.0, 20380.0, 20381.0, 20395.0, 20425.0, 20389.0, 20394.0, 20387.0, 20357.0, 20358.0, 20329.0, 20348.0, 20370.0, 20405.0, 20438.0, 20428.0, 20431.0, 20386.0, 20388.0, 20376.0, 20343.0, 20367.0, 20372.0, 20351.0, 20344.0, 20340.0, 20329.0, 20359.0, 20363.0, 20370.0, 20345.0, 20336.0, 20363.0, 20422.0, 20395.0, 20406.0, 20387.0, 20345.0, 20357.0, 20362.0, 20364.0, 20363.0, 20396.0, 20396.0, 20397.0, 20351.0, 20386.0, 20342.0, 20350.0, 20360.0, 20357.0, 20371.0, 20376.0, 20380.0, 20389.0, 20430.0, 20437.0, 20443.0, 20408.0, 20388.0, 20380.0, 20403.0, 20400.0, 20364.0, 20343.0, 20360.0, 20345.0, 20357.0, 20400.0, 20426.0, 20398.0, 20392.0, 20359.0, 20383.0, 20338.0, 20357.0, 20353.0, 20346.0, 20319.0, 20344.0, 20346.0, 20321.0, 20316.0, 20331.0, 20321.0, 20315.0, 20330.0, 20343.0, 20355.0, 20365.0, 20334.0, 20341.0, 20360.0, 20359.0, 20379.0, 20364.0, 20406.0, 20364.0, 20374.0, 20383.0, 20363.0, 20398.0, 20366.0, 20378.0, 20406.0, 20384.0, 20375.0, 20376.0, 20374.0, 20354.0, 20379.0, 20349.0, 20373.0, 20385.0, 20398.0, 20403.0, 20401.0, 20406.0, 20376.0, 20385.0, 20389.0, 20380.0, 20388.0, 20359.0, 20372.0, 20366.0, 20402.0, 20368.0, 20365.0, 20394.0, 20405.0, 20396.0, 20388.0, 20368.0, 20362.0, 20378.0, 20359.0, 20359.0, 20348.0, 20360.0, 20334.0, 20322.0, 20368.0, 20357.0, 20336.0, 20359.0, 20347.0, 20342.0, 20367.0, 20368.0, 20349.0, 20355.0, 20347.0, 20374.0, 20350.0, 20343.0, 20352.0, 20362.0, 20354.0, 20365.0, 20353.0, 20367.0, 20375.0, 20345.0]}, "slices": {}}}