{"AcquisitionMatrixPE": 96, "AcquisitionNumber": 1, "AcquisitionTime": "07:44:51.765000", "BandwidthPerPixelPhaseEncode": 33.602, "BaseResolution": 96, "BodyPartExamined": "BRAIN", "ConsistencyInfo": "N4_VD11D_LATEST_20110129", "ConversionSoftware": "dcm2niix", "ConversionSoftwareVersion": "v1.0.20210317", "DerivedVendorReportedEchoSpacing": 0.000620003, "DeviceSerialNumber": "45239", "DwellTime": 2.6e-06, "EchoTime": 0.03, "EchoTrainLength": 48, "EffectiveEchoSpacing": 0.000310001, "FlipAngle": 63, "ImageComments": "Unaliased MB4/PE3", "ImageOrientationPatientDICOM": [0.99919, 0.00287294, 0.0401501, 0.0200577, 0.829262, -0.5585], "ImageType": ["ORIGINAL", "PRIMARY", "M", "ND", "NORM", "MOSAIC"], "ImagingFrequency": 123.193, "InPlanePhaseEncodingDirectionDICOM": "COL", "InstitutionAddress": "E 24th St. 100,Austin,Southmiddle,US,78712", "InstitutionName": "Univ of Texas at Austin", "InstitutionalDepartmentName": "IRC", "MRAcquisitionType": "2D", "MagneticFieldStrength": 3, "Manufacturer": "Siemens", "ManufacturersModelName": "Skyra", "Modality": "MR", "MultibandAccelerationFactor": 4, "ParallelReductionFactorInPlane": 2, "PartialFourier": 1, "PatientPosition": "HFS", "PercentPhaseFOV": 100, "PercentSampling": 100, "PhaseEncodingDirection": "j-", "PhaseEncodingSteps": 96, "PhaseResolution": 1, "PixelBandwidth": 2005, "ProcedureStepDescription": "Poldrack2^self-scanning", "ProtocolName": "N-back fMRI MBEPI_matrix96_BW200", "PulseSequenceDetails": "%CustomerSeq%\\cmrr_mbep2d_bold", "ReceiveCoilActiveElements": "HEA;HEP", "ReceiveCoilName": "Head_32", "ReconMatrixPE": 96, "RefLinesPE": 94, "RepetitionTime": 1.16, "SAR": 0.10077, "ScanOptions": "FS", "ScanningSequence": "EP", "SequenceName": "epfid2d1_96", "SequenceVariant": "SK", "SeriesDescription": "N-back fMRI MBEPI_matrix96_BW200", "SeriesNumber": 13, "ShimSetting": [-2786, 8079, -15482, 150, -212, 133, 128, -101], "SliceThickness": 2, "SliceTiming": [0, 0.5, 0.9975, 0.3575, 0.855, 0.215, 0.7125, 0.0725, 0.57, 1.0675, 0.4275, 0.9275, 0.285, 0.785, 0.1425, 0.6425, 0, 0.5, 0.9975, 0.3575, 0.855, 0.215, 0.7125, 0.0725, 0.57, 1.0675, 0.4275, 0.9275, 0.285, 0.785, 0.1425, 0.6425, 0, 0.5, 0.9975, 0.3575, 0.855, 0.215, 0.7125, 0.0725, 0.57, 1.0675, 0.4275, 0.9275, 0.285, 0.785, 0.1425, 0.6425, 0, 0.5, 0.9975, 0.3575, 0.855, 0.215, 0.7125, 0.0725, 0.57, 1.0675, 0.4275, 0.9275, 0.285, 0.785, 0.1425, 0.6425], "SoftwareVersions": "syngo MR D11", "SpacingBetweenSlices": 2.4, "StationName": "AWP45239", "TaskName": "N-back task", "TotalReadoutTime": 0.0294501, "TxRefAmp": 345.021, "WipMemBlock": "7806ec89-8858-4413-8a4c-b1bb7e68c293||Sequence: VD11D r195; Nov 21 2012 15:36:10 by eja", "dcmmeta_affine": [[-2.3938915729522705, 0.048054810613393784, 0.08375885337591171, 113.07579040527344], [-0.00688309408724308, 1.9867740869522095, -1.341245412826538, -69.01466369628906], [0.09619300067424774, 1.3380719423294067, 1.988478183746338, -94.9002685546875], [0.0, 0.0, 0.0, 1.0]], "dcmmeta_reorient_transform": [[0.0, -1.0, 0.0, 95.0], [1.0, 0.0, 0.0, 0.0], [0.0, 0.0, 1.0, 0.0], [0.0, 0.0, 0.0, 1.0]], "dcmmeta_shape": [96, 96, 64, 380], "dcmmeta_slice_dim": 2, "dcmmeta_version": 0.6, "global": {"const": {"AcquisitionMatrix": [96, 0, 0, 96], "AngioFlag": "N", "BitsAllocated": 16, "BitsStored": 16, "BodyPartExamined": "BRAIN", "Columns": 768, "EchoNumbers": 1, "EchoTime": 30.0, "EchoTrainLength": 48, "FlipAngle": 63.0, "HighBit": 15, "ImageOrientationPatient": [0.99918952844571, 0.00287294370831, 0.04015012377172, 0.0200576603041, 0.82926225706911, -0.5584995964759], "ImagePositionPatient": [-938.134954378, -789.59768833048, 449.48787571705], "ImageType": ["ORIGINAL", "PRIMARY", "M", "ND", "NORM", "MOSAIC"], "ImagedNucleus": "1H", "ImagingFrequency": 123.193447, "InPlanePhaseEncodingDirection": "COL", "MRAcquisitionType": "2D", "MagneticFieldStrength": 3.0, "Manufacturer": "SIEMENS", "ManufacturerModelName": "Skyra", "Modality": "MR", "NumberOfAverages": 1.0, "NumberOfPhaseEncodingSteps": 96, "PercentPhaseFieldOfView": 100.0, "PercentSampling": 100.0, "PerformedProcedureStepStartTime": "070716.328000", "PhotometricInterpretation": "MONOCHROME2", "PixelBandwidth": 2005.0, "PixelRepresentation": 0, "PixelSpacing": [2.3958332538605, 2.3958332538605], "ProtocolName": "N-back fMRI MBEPI_matrix96_BW200", "RepetitionTime": 1160.0, "Rows": 768, "SAR": 0.10077042780735, "SamplesPerPixel": 1, "ScanOptions": "FS", "ScanningSequence": "EP", "SequenceName": "epfid2d1_96", "SequenceVariant": "SK", "SeriesDescription": "N-back fMRI MBEPI_matrix96_BW200", "SeriesNumber": 13, "SeriesTime": "074534.562000", "SliceLocation": -36.112666634759, "SliceThickness": 2.0, "SmallestImagePixelValue": 0, "SoftwareVersions": "syngo MR D11", "SpacingBetweenSlices": 2.4000000543122, "SpecificCharacterSet": "ISO_IR 100", "StudyID": "1", "StudyTime": "070716.281000", "TransmitCoilName": "Body", "VariableFlipAngleFlag": "N", "WindowCenterWidthExplanation": "Algo1", "dBdt": 0.0}, "slices": {}}, "time": {"samples": {"AcquisitionNumber": [1, 2, 3, 4, 5, 6, 7, 8, 9, 10, 11, 12, 13, 14, 15, 16, 17, 18, 19, 20, 21, 22, 23, 24, 25, 26, 27, 28, 29, 30, 31, 32, 33, 34, 35, 36, 37, 38, 39, 40, 41, 42, 43, 44, 45, 46, 47, 48, 49, 50, 51, 52, 53, 54, 55, 56, 57, 58, 59, 60, 61, 62, 63, 64, 65, 66, 67, 68, 69, 70, 71, 72, 73, 74, 75, 76, 77, 78, 79, 80, 81, 82, 83, 84, 85, 86, 87, 88, 89, 90, 91, 92, 93, 94, 95, 96, 97, 98, 99, 100, 101, 102, 103, 104, 105, 106, 107, 108, 109, 110, 111, 112, 113, 114, 115, 116, 117, 118, 119, 120, 121, 122, 123, 124, 125, 126, 127, 128, 129, 130, 131, 132, 133, 134, 135, 136, 137, 138, 139, 140, 141, 142, 143, 144, 145, 146, 147, 148, 149, 150, 151, 152, 153, 154, 155, 156, 157, 158, 159, 160, 161, 162, 163, 164, 165, 166, 167, 168, 169, 170, 171, 172, 173, 174, 175, 176, 177, 178, 179, 180, 181, 182, 183, 184, 185, 186, 187, 188, 189, 190, 191, 192, 193, 194, 195, 196, 197, 198, 199, 200, 201, 202, 203, 204, 205, 206, 207, 208, 209, 210, 211, 212, 213, 214, 215, 216, 217, 218, 219, 220, 221, 222, 223, 224, 225, 226, 227, 228, 229, 230, 231, 232, 233, 234, 235, 236, 237, 238, 239, 240, 241, 242, 243, 244, 245, 246, 247, 248, 249, 250, 251, 252, 253, 254, 255, 256, 257, 258, 259, 260, 261, 262, 263, 264, 265, 266, 267, 268, 269, 270, 271, 272, 273, 274, 275, 276, 277, 278, 279, 280, 281, 282, 283, 284, 285, 286, 287, 288, 289, 290, 291, 292, 293, 294, 295, 296, 297, 298, 299, 300, 301, 302, 303, 304, 305, 306, 307, 308, 309, 310, 311, 312, 313, 314, 315, 316, 317, 318, 319, 320, 321, 322, 323, 324, 325, 326, 327, 328, 329, 330, 331, 332, 333, 334, 335, 336, 337, 338, 339, 340, 341, 342, 343, 344, 345, 346, 347, 348, 349, 350, 351, 352, 353, 354, 355, 356, 357, 358, 359, 360, 361, 362, 363, 364, 365, 366, 367, 368, 369, 370, 371, 372, 373, 374, 375, 376, 377, 378, 379, 380], "AcquisitionTime": ["074451.765000", "074520.765000", "074521.925000", "074523.085000", "074524.245000", "074525.405000", "074526.565000", "074527.725000", "074528.885000", "074530.045000", "074531.205000", "074532.365000", "074533.525000", "074534.685000", "074535.845000", "074537.005000", "074538.165000", "074539.325000", "074540.485000", "074541.645000", "074542.805000", "074543.965000", "074545.125000", "074546.285000", "074547.445000", "074548.605000", "074549.765000", "074550.925000", "074552.085000", "074553.245000", "074554.405000", "074555.565000", "074556.725000", "074557.885000", "074559.045000", "074600.205000", "074601.365000", "074602.525000", "074603.685000", "074604.845000", "074606.005000", "074607.165000", "074608.325000", "074609.485000", "074610.645000", "074611.805000", "074612.965000", "074614.125000", "074615.285000", "074616.445000", "074617.605000", "074618.765000", "074619.925000", "074621.085000", "074622.245000", "074623.405000", "074624.565000", "074625.725000", "074626.885000", "074628.045000", "074629.205000", "074630.365000", "074631.525000", "074632.685000", "074633.845000", "074635.005000", "074636.165000", "074637.325000", "074638.485000", "074639.645000", "074640.805000", "074641.965000", "074643.125000", "074644.285000", "074645.445000", "074646.605000", "074647.765000", "074648.925000", "074650.085000", "074651.245000", "074652.405000", "074653.565000", "074654.725000", "074655.885000", "074657.045000", "074658.205000", "074659.367500", "074700.527500", "074701.687500", "074702.847500", "074704.007500", "074705.167500", "074706.327500", "074707.487500", "074708.647500", "074709.807500", "074710.967500", "074712.127500", "074713.287500", "074714.447500", "074715.607500", "074716.767500", "074717.927500", "074719.087500", "074720.247500", "074721.407500", "074722.567500", "074723.727500", "074724.887500", "074726.047500", "074727.207500", "074728.367500", "074729.527500", "074730.687500", "074731.847500", "074733.007500", "074734.167500", "074735.327500", "074736.487500", "074737.647500", "074738.807500", "074739.967500", "074741.127500", "074742.287500", "074743.447500", "074744.607500", "074745.767500", "074746.927500", "074748.087500", "074749.247500", "074750.407500", "074751.567500", "074752.727500", "074753.887500", "074755.047500", "074756.207500", "074757.367500", "074758.527500", "074759.687500", "074800.847500", "074802.007500", "074803.167500", "074804.327500", "074805.487500", "074806.647500", "074807.807500", "074808.967500", "074810.127500", "074811.287500", "074812.447500", "074813.607500", "074814.767500", "074815.927500", "074817.087500", "074818.247500", "074819.407500", "074820.567500", "074821.727500", "074822.887500", "074824.047500", "074825.207500", "074826.367500", "074827.527500", "074828.687500", "074829.847500", "074831.007500", "074832.167500", "074833.327500", "074834.487500", "074835.647500", "074836.807500", "074837.967500", "074839.127500", "074840.287500", "074841.447500", "074842.607500", "074843.767500", "074844.927500", "074846.087500", "074847.247500", "074848.407500", "074849.567500", "074850.727500", "074851.887500", "074853.047500", "074854.207500", "074855.367500", "074856.527500", "074857.687500", "074858.847500", "074900.007500", "074901.167500", "074902.327500", "074903.487500", "074904.647500", "074905.807500", "074906.967500", "074908.127500", "074909.287500", "074910.447500", "074911.607500", "074912.767500", "074913.927500", "074915.087500", "074916.247500", "074917.407500", "074918.567500", "074919.727500", "074920.887500", "074922.047500", "074923.207500", "074924.367500", "074925.527500", "074926.687500", "074927.847500", "074929.007500", "074930.167500", "074931.327500", "074932.487500", "074933.647500", "074934.807500", "074935.967500", "074937.127500", "074938.287500", "074939.447500", "074940.607500", "074941.767500", "074942.927500", "074944.087500", "074945.247500", "074946.407500", "074947.567500", "074948.727500", "074949.887500", "074951.047500", "074952.207500", "074953.367500", "074954.527500", "074955.687500", "074956.847500", "074958.007500", "074959.167500", "075000.327500", "075001.487500", "075002.647500", "075003.807500", "075004.967500", "075006.127500", "075007.287500", "075008.447500", "075009.607500", "075010.767500", "075011.927500", "075013.087500", "075014.247500", "075015.407500", "075016.567500", "075017.727500", "075018.887500", "075020.047500", "075021.207500", "075022.367500", "075023.527500", "075024.687500", "075025.847500", "075027.007500", "075028.167500", "075029.327500", "075030.487500", "075031.647500", "075032.807500", "075033.967500", "075035.127500", "075036.287500", "075037.447500", "075038.607500", "075039.767500", "075040.927500", "075042.087500", "075043.247500", "075044.407500", "075045.567500", "075046.727500", "075047.887500", "075049.047500", "075050.207500", "075051.367500", "075052.527500", "075053.687500", "075054.847500", "075056.007500", "075057.167500", "075058.327500", "075059.487500", "075100.647500", "075101.807500", "075102.967500", "075104.127500", "075105.287500", "075106.447500", "075107.607500", "075108.767500", "075109.927500", "075111.087500", "075112.247500", "075113.407500", "075114.567500", "075115.727500", "075116.887500", "075118.047500", "075119.207500", "075120.367500", "075121.527500", "075122.687500", "075123.847500", "075125.007500", "075126.167500", "075127.327500", "075128.487500", "075129.647500", "075130.807500", "075131.967500", "075133.127500", "075134.287500", "075135.447500", "075136.607500", "075137.767500", "075138.927500", "075140.087500", "075141.247500", "075142.407500", "075143.567500", "075144.727500", "075145.887500", "075147.047500", "075148.207500", "075149.370000", "075150.530000", "075151.690000", "075152.850000", "075154.010000", "075155.170000", "075156.330000", "075157.490000", "075158.650000", "075159.810000", "075200.970000", "075202.130000", "075203.290000", "075204.450000", "075205.610000", "075206.770000", "075207.930000", "075209.090000", "075210.250000", "075211.410000", "075212.570000", "075213.730000", "075214.890000", "075216.050000", "075217.210000", "075218.370000", "075219.530000", "075220.690000", "075221.850000", "075223.010000", "075224.170000", "075225.330000", "075226.490000", "075227.650000", "075228.810000", "075229.970000", "075231.130000", "075232.290000", "075233.450000", "075234.610000", "075235.770000", "075236.930000", "075238.090000", "075239.250000"], "ContentTime": ["074534.562000", "074541.625000", "074541.625000", "074541.625000", "074541.640000", "074541.640000", "074541.640000", "074546.625000", "074546.625000", "074546.625000", "074546.625000", "074551.625000", "074551.640000", "074551.640000", "074551.640000", "074556.625000", "074556.625000", "074556.625000", "074556.640000", "074601.625000", "074601.625000", "074601.625000", "074601.625000", "074606.625000", "074606.625000", "074606.625000", "074606.625000", "074611.625000", "074611.625000", "074611.625000", "074611.625000", "074616.625000", "074616.625000", "074616.625000", "074616.625000", "074621.625000", "074621.625000", "074621.625000", "074626.625000", "074626.625000", "074626.625000", "074626.625000", "074631.625000", "074631.625000", "074631.625000", "074631.625000", "074636.625000", "074636.625000", "074636.625000", "074636.625000", "074641.625000", "074641.625000", "074641.625000", "074641.625000", "074646.625000", "074646.625000", "074646.625000", "074646.625000", "074651.625000", "074651.625000", "074651.625000", "074651.625000", "074656.625000", "074656.625000", "074656.625000", "074656.625000", "074701.625000", "074701.625000", "074701.625000", "074701.625000", "074706.625000", "074706.625000", "074706.625000", "074706.625000", "074711.625000", "074711.625000", "074711.625000", "074711.625000", "074716.625000", "074716.625000", "074716.625000", "074716.640000", "074721.625000", "074721.625000", "074721.625000", "074721.625000", "074726.625000", "074726.625000", "074726.625000", "074731.625000", "074731.625000", "074731.640000", "074731.640000", "074736.625000", "074736.625000", "074736.625000", "074736.625000", "074741.625000", "074741.625000", "074741.625000", "074741.625000", "074746.625000", "074746.625000", "074746.625000", "074751.625000", "074751.625000", "074751.625000", "074751.625000", "074756.625000", "074756.625000", "074756.625000", "074756.625000", "074801.625000", "074801.625000", "074801.625000", "074806.625000", "074806.625000", "074806.625000", "074806.625000", "074811.625000", "074811.625000", "074811.625000", "074811.625000", "074816.625000", "074816.625000", "074816.625000", "074816.625000", "074821.625000", "074821.625000", "074821.625000", "074821.640000", "074826.625000", "074826.625000", "074826.625000", "074826.625000", "074831.625000", "074831.625000", "074831.625000", "074831.625000", "074836.625000", "074836.625000", "074836.625000", "074836.640000", "074841.625000", "074841.625000", "074841.625000", "074841.625000", "074846.625000", "074846.625000", "074846.625000", "074846.640000", "074846.640000", "074851.625000", "074851.625000", "074851.640000", "074856.625000", "074856.625000", "074856.625000", "074856.625000", "074856.625000", "074901.625000", "074901.625000", "074901.625000", "074901.625000", "074906.625000", "074906.625000", "074906.640000", "074906.640000", "074911.625000", "074911.625000", "074911.640000", "074911.640000", "074916.625000", "074916.625000", "074916.625000", "074916.625000", "074921.625000", "074921.625000", "074921.625000", "074921.625000", "074926.625000", "074926.625000", "074926.625000", "074926.625000", "074931.625000", "074931.625000", "074931.625000", "074931.625000", "074936.625000", "074936.625000", "074936.625000", "074936.625000", "074941.625000", "074941.625000", "074941.625000", "074941.625000", "074946.625000", "074946.625000", "074946.625000", "074946.640000", "074951.625000", "074951.625000", "074951.625000", "074951.625000", "074956.625000", "074956.625000", "074956.625000", "074956.625000", "075001.625000", "075001.625000", "075001.640000", "075001.640000", "075006.625000", "075006.625000", "075006.640000", "075006.640000", "075011.625000", "075011.625000", "075011.625000", "075011.625000", "075016.625000", "075016.625000", "075016.625000", "075016.640000", "075021.625000", "075021.625000", "075021.625000", "075021.625000", "075026.625000", "075026.625000", "075026.625000", "075026.640000", "075031.625000", "075031.625000", "075031.640000", "075031.640000", "075036.625000", "075036.625000", "075036.640000", "075036.640000", "075041.625000", "075041.625000", "075041.640000", "075041.640000", "075046.625000", "075046.625000", "075046.640000", "075046.640000", "075051.625000", "075051.625000", "075051.625000", "075051.625000", "075056.625000", "075056.625000", "075056.625000", "075056.625000", "075101.625000", "075101.625000", "075101.625000", "075101.625000", "075106.625000", "075106.625000", "075106.625000", "075106.625000", "075111.625000", "075111.625000", "075111.625000", "075111.625000", "075116.625000", "075116.625000", "075116.625000", "075116.625000", "075121.625000", "075121.625000", "075121.625000", "075121.640000", "075126.625000", "075126.625000", "075126.625000", "075131.625000", "075131.625000", "075131.625000", "075131.625000", "075136.625000", "075136.625000", "075136.625000", "075136.625000", "075141.625000", "075141.625000", "075141.625000", "075141.625000", "075146.625000", "075146.625000", "075146.625000", "075146.640000", "075151.625000", "075151.625000", "075151.625000", "075151.640000", "075156.625000", "075156.625000", "075156.625000", "075156.625000", "075201.625000", "075201.625000", "075201.625000", "075206.625000", "075206.625000", "075206.625000", "075206.625000", "075211.625000", "075211.625000", "075211.625000", "075211.625000", "075216.625000", "075216.625000", "075216.625000", "075216.625000", "075221.625000", "075221.625000", "075221.625000", "075221.625000", "075226.625000", "075226.625000", "075226.625000", "075226.625000", "075231.625000", "075231.625000", "075231.625000", "075231.625000", "075236.625000", "075236.625000", "075236.625000", "075236.625000", "075241.625000", "075241.625000", "075241.625000", "075241.625000", "075246.625000", "075246.625000", "075246.625000", "075246.640000", "075246.640000", "075251.625000", "075251.640000", "075251.640000", "075251.640000", "075256.625000", "075256.625000", "075256.625000", "075256.625000", "075301.625000", "075301.640000", "075301.640000", "075301.656000", "075306.625000", "075306.625000", "075306.625000", "075306.625000", "075311.625000", "075311.625000", "075311.625000", "075311.625000", "075311.640000", "075316.625000", "075316.625000", "075316.625000", "075316.625000", "075316.625000", "075321.625000", "075321.625000", "075321.625000", "075326.625000", "075326.625000", "075326.625000", "075326.625000", "075326.625000", "075329.703000", "075329.703000", "075329.703000"], "InstanceCreationTime": ["074534.562000", "074541.625000", "074541.625000", "074541.625000", "074541.640000", "074541.640000", "074541.640000", "074546.625000", "074546.625000", "074546.625000", "074546.625000", "074551.625000", "074551.640000", "074551.640000", "074551.640000", "074556.625000", "074556.625000", "074556.625000", "074556.640000", "074601.625000", "074601.625000", "074601.625000", "074601.625000", "074606.625000", "074606.625000", "074606.625000", "074606.625000", "074611.625000", "074611.625000", "074611.625000", "074611.625000", "074616.625000", "074616.625000", "074616.625000", "074616.625000", "074621.625000", "074621.625000", "074621.625000", "074626.625000", "074626.625000", "074626.625000", "074626.625000", "074631.625000", "074631.625000", "074631.625000", "074631.625000", "074636.625000", "074636.625000", "074636.625000", "074636.625000", "074641.625000", "074641.625000", "074641.625000", "074641.625000", "074646.625000", "074646.625000", "074646.625000", "074646.625000", "074651.625000", "074651.625000", "074651.625000", "074651.625000", "074656.625000", "074656.625000", "074656.625000", "074656.625000", "074701.625000", "074701.625000", "074701.625000", "074701.625000", "074706.625000", "074706.625000", "074706.625000", "074706.625000", "074711.625000", "074711.625000", "074711.625000", "074711.625000", "074716.625000", "074716.625000", "074716.625000", "074716.640000", "074721.625000", "074721.625000", "074721.625000", "074721.625000", "074726.625000", "074726.625000", "074726.625000", "074731.625000", "074731.625000", "074731.640000", "074731.640000", "074736.625000", "074736.625000", "074736.625000", "074736.625000", "074741.625000", "074741.625000", "074741.625000", "074741.625000", "074746.625000", "074746.625000", "074746.625000", "074751.625000", "074751.625000", "074751.625000", "074751.625000", "074756.625000", "074756.625000", "074756.625000", "074756.625000", "074801.625000", "074801.625000", "074801.625000", "074806.625000", "074806.625000", "074806.625000", "074806.625000", "074811.625000", "074811.625000", "074811.625000", "074811.625000", "074816.625000", "074816.625000", "074816.625000", "074816.625000", "074821.625000", "074821.625000", "074821.625000", "074821.640000", "074826.625000", "074826.625000", "074826.625000", "074826.625000", "074831.625000", "074831.625000", "074831.625000", "074831.625000", "074836.625000", "074836.625000", "074836.625000", "074836.640000", "074841.625000", "074841.625000", "074841.625000", "074841.625000", "074846.625000", "074846.625000", "074846.625000", "074846.640000", "074846.640000", "074851.625000", "074851.625000", "074851.640000", "074856.625000", "074856.625000", "074856.625000", "074856.625000", "074856.625000", "074901.625000", "074901.625000", "074901.625000", "074901.625000", "074906.625000", "074906.625000", "074906.640000", "074906.640000", "074911.625000", "074911.625000", "074911.640000", "074911.640000", "074916.625000", "074916.625000", "074916.625000", "074916.625000", "074921.625000", "074921.625000", "074921.625000", "074921.625000", "074926.625000", "074926.625000", "074926.625000", "074926.625000", "074931.625000", "074931.625000", "074931.625000", "074931.625000", "074936.625000", "074936.625000", "074936.625000", "074936.625000", "074941.625000", "074941.625000", "074941.625000", "074941.625000", "074946.625000", "074946.625000", "074946.625000", "074946.640000", "074951.625000", "074951.625000", "074951.625000", "074951.625000", "074956.625000", "074956.625000", "074956.625000", "074956.625000", "075001.625000", "075001.625000", "075001.640000", "075001.640000", "075006.625000", "075006.625000", "075006.640000", "075006.640000", "075011.625000", "075011.625000", "075011.625000", "075011.625000", "075016.625000", "075016.625000", "075016.625000", "075016.640000", "075021.625000", "075021.625000", "075021.625000", "075021.625000", "075026.625000", "075026.625000", "075026.625000", "075026.640000", "075031.625000", "075031.625000", "075031.640000", "075031.640000", "075036.625000", "075036.625000", "075036.640000", "075036.640000", "075041.625000", "075041.625000", "075041.640000", "075041.640000", "075046.625000", "075046.625000", "075046.640000", "075046.640000", "075051.625000", "075051.625000", "075051.625000", "075051.625000", "075056.625000", "075056.625000", "075056.625000", "075056.625000", "075101.625000", "075101.625000", "075101.625000", "075101.625000", "075106.625000", "075106.625000", "075106.625000", "075106.625000", "075111.625000", "075111.625000", "075111.625000", "075111.625000", "075116.625000", "075116.625000", "075116.625000", "075116.625000", "075121.625000", "075121.625000", "075121.625000", "075121.640000", "075126.625000", "075126.625000", "075126.625000", "075131.625000", "075131.625000", "075131.625000", "075131.625000", "075136.625000", "075136.625000", "075136.625000", "075136.625000", "075141.625000", "075141.625000", "075141.625000", "075141.625000", "075146.625000", "075146.625000", "075146.625000", "075146.640000", "075151.625000", "075151.625000", "075151.625000", "075151.640000", "075156.625000", "075156.625000", "075156.625000", "075156.625000", "075201.625000", "075201.625000", "075201.625000", "075206.625000", "075206.625000", "075206.625000", "075206.625000", "075211.625000", "075211.625000", "075211.625000", "075211.625000", "075216.625000", "075216.625000", "075216.625000", "075216.625000", "075221.625000", "075221.625000", "075221.625000", "075221.625000", "075226.625000", "075226.625000", "075226.625000", "075226.625000", "075231.625000", "075231.625000", "075231.625000", "075231.625000", "075236.625000", "075236.625000", "075236.625000", "075236.625000", "075241.625000", "075241.625000", "075241.625000", "075241.625000", "075246.625000", "075246.625000", "075246.625000", "075246.640000", "075246.640000", "075251.625000", "075251.640000", "075251.640000", "075251.640000", "075256.625000", "075256.625000", "075256.625000", "075256.625000", "075301.625000", "075301.640000", "075301.640000", "075301.656000", "075306.625000", "075306.625000", "075306.625000", "075306.625000", "075311.625000", "075311.625000", "075311.625000", "075311.625000", "075311.640000", "075316.625000", "075316.625000", "075316.625000", "075316.625000", "075316.625000", "075321.625000", "075321.625000", "075321.625000", "075326.625000", "075326.625000", "075326.625000", "075326.625000", "075326.625000", "075329.703000", "075329.703000", "075329.703000"], "InstanceNumber": [1, 2, 3, 4, 5, 6, 7, 8, 9, 10, 11, 12, 13, 14, 15, 16, 17, 18, 19, 20, 21, 22, 23, 24, 25, 26, 27, 28, 29, 30, 31, 32, 33, 34, 35, 36, 37, 38, 39, 40, 41, 42, 43, 44, 45, 46, 47, 48, 49, 50, 51, 52, 53, 54, 55, 56, 57, 58, 59, 60, 61, 62, 63, 64, 65, 66, 67, 68, 69, 70, 71, 72, 73, 74, 75, 76, 77, 78, 79, 80, 81, 82, 83, 84, 85, 86, 87, 88, 89, 90, 91, 92, 93, 94, 95, 96, 97, 98, 99, 100, 101, 102, 103, 104, 105, 106, 107, 108, 109, 110, 111, 112, 113, 114, 115, 116, 117, 118, 119, 120, 121, 122, 123, 124, 125, 126, 127, 128, 129, 130, 131, 132, 133, 134, 135, 136, 137, 138, 139, 140, 141, 142, 143, 144, 145, 146, 147, 148, 149, 150, 151, 152, 153, 154, 155, 156, 157, 158, 159, 160, 161, 162, 163, 164, 165, 166, 167, 168, 169, 170, 171, 172, 173, 174, 175, 176, 177, 178, 179, 180, 181, 182, 183, 184, 185, 186, 187, 188, 189, 190, 191, 192, 193, 194, 195, 196, 197, 198, 199, 200, 201, 202, 203, 204, 205, 206, 207, 208, 209, 210, 211, 212, 213, 214, 215, 216, 217, 218, 219, 220, 221, 222, 223, 224, 225, 226, 227, 228, 229, 230, 231, 232, 233, 234, 235, 236, 237, 238, 239, 240, 241, 242, 243, 244, 245, 246, 247, 248, 249, 250, 251, 252, 253, 254, 255, 256, 257, 258, 259, 260, 261, 262, 263, 264, 265, 266, 267, 268, 269, 270, 271, 272, 273, 274, 275, 276, 277, 278, 279, 280, 281, 282, 283, 284, 285, 286, 287, 288, 289, 290, 291, 292, 293, 294, 295, 296, 297, 298, 299, 300, 301, 302, 303, 304, 305, 306, 307, 308, 309, 310, 311, 312, 313, 314, 315, 316, 317, 318, 319, 320, 321, 322, 323, 324, 325, 326, 327, 328, 329, 330, 331, 332, 333, 334, 335, 336, 337, 338, 339, 340, 341, 342, 343, 344, 345, 346, 347, 348, 349, 350, 351, 352, 353, 354, 355, 356, 357, 358, 359, 360, 361, 362, 363, 364, 365, 366, 367, 368, 369, 370, 371, 372, 373, 374, 375, 376, 377, 378, 379, 380], "LargestImagePixelValue": [23513, 24243, 23028, 22831, 28041, 22477, 22539, 22795, 22867, 26615, 22673, 22718, 23878, 22820, 25705, 23561, 29562, 22790, 22948, 23220, 22915, 23017, 23015, 23004, 23002, 23175, 23063, 23073, 23077, 23121, 23039, 30678, 23195, 26326, 23114, 29859, 23966, 23173, 23169, 23269, 23313, 23337, 23286, 23344, 23125, 23289, 23181, 27381, 26961, 23210, 23168, 23169, 27728, 23239, 32838, 23622, 23221, 25771, 24642, 27182, 24927, 23076, 24863, 23549, 23138, 22744, 27329, 24093, 23133, 23376, 23094, 23090, 23138, 23726, 23396, 23239, 23429, 23226, 29224, 23381, 23147, 23451, 23326, 22887, 23145, 23377, 23297, 23227, 23179, 23406, 23187, 23192, 25732, 23275, 23171, 23293, 23176, 30174, 24139, 23132, 23296, 23191, 23033, 23166, 38338, 23958, 23015, 24734, 23102, 32271, 23712, 22893, 23142, 22869, 39639, 24302, 27781, 24916, 23558, 23034, 25687, 23497, 22888, 23173, 22916, 22861, 24104, 23564, 22925, 23154, 23147, 27132, 25296, 30049, 23703, 29410, 24621, 23215, 24295, 24223, 26118, 23588, 28245, 22912, 22602, 22605, 22852, 22712, 22392, 22953, 22609, 23501, 22969, 22717, 34869, 23770, 24890, 22622, 22462, 23597, 22701, 22770, 22797, 23559, 22791, 22980, 31514, 25417, 24409, 23533, 24027, 22561, 23482, 22845, 22755, 23610, 22743, 22740, 23269, 23067, 24546, 24605, 23370, 23586, 23946, 25710, 24129, 28323, 24239, 22802, 24272, 23610, 28708, 25457, 22802, 22710, 22893, 29326, 26770, 25749, 22613, 24307, 22891, 22851, 37448, 27772, 23626, 22459, 22672, 22634, 29511, 34059, 26365, 26623, 23554, 24097, 30162, 24661, 26636, 30033, 26632, 24111, 23775, 31491, 24509, 25879, 23927, 22973, 31203, 24490, 23779, 25233, 23216, 22917, 22943, 27448, 23227, 22776, 22604, 22804, 22410, 22765, 25504, 32904, 27342, 26641, 24610, 25079, 24185, 30399, 24417, 22691, 24333, 36309, 24164, 24620, 23049, 22823, 22714, 22750, 22880, 23205, 27177, 22860, 22893, 22707, 32704, 22940, 24542, 24826, 23004, 22939, 22816, 27297, 24180, 24410, 23056, 24261, 32771, 25990, 23484, 25371, 23782, 25270, 24542, 24898, 26527, 24601, 25280, 24531, 28618, 23770, 37619, 26873, 24584, 23923, 24431, 31591, 25542, 24649, 26053, 23880, 27505, 27056, 34129, 23225, 24237, 25441, 25814, 26393, 26203, 31725, 28786, 25034, 25547, 24784, 28143, 26092, 25158, 25173, 24441, 30155, 27854, 23714, 23194, 23472, 22721, 23803, 32216, 28290, 26110, 23437, 23221, 23698, 24084, 40562, 27496, 25118, 24652, 22799, 25779, 22902, 26497, 23112, 24799, 24777, 24975, 32027, 28165, 25813, 24248, 23651, 25088, 23582, 29405, 25558, 24144, 23955, 25038, 30772, 25498, 25612, 25160, 22889, 30316, 24487, 35147, 27269, 25981, 24270, 22902, 27747, 23942, 22862, 27860, 24692, 24035, 27816, 24700, 32558], "WindowCenter": [9688.0, 9717.0, 9693.0, 9697.0, 9725.0, 9678.0, 9686.0, 9685.0, 9688.0, 9721.0, 9695.0, 9713.0, 9728.0, 9724.0, 9725.0, 9714.0, 9731.0, 9693.0, 9683.0, 9687.0, 9676.0, 9690.0, 9667.0, 9673.0, 9675.0, 9676.0, 9676.0, 9679.0, 9665.0, 9666.0, 9667.0, 9714.0, 9675.0, 9702.0, 9694.0, 9732.0, 9689.0, 9690.0, 9705.0, 9705.0, 9695.0, 9680.0, 9686.0, 9682.0, 9691.0, 9674.0, 9678.0, 9711.0, 9708.0, 9690.0, 9672.0, 9695.0, 9736.0, 9699.0, 9763.0, 9713.0, 9707.0, 9730.0, 9716.0, 9771.0, 9742.0, 9724.0, 9740.0, 9706.0, 9705.0, 9684.0, 9692.0, 9683.0, 9671.0, 9672.0, 9695.0, 9682.0, 9688.0, 9696.0, 9700.0, 9695.0, 9686.0, 9690.0, 9736.0, 9699.0, 9691.0, 9704.0, 9680.0, 9692.0, 9679.0, 9701.0, 9696.0, 9694.0, 9687.0, 9688.0, 9691.0, 9688.0, 9701.0, 9693.0, 9695.0, 9685.0, 9687.0, 9729.0, 9691.0, 9695.0, 9709.0, 9692.0, 9678.0, 9678.0, 9738.0, 9672.0, 9665.0, 9686.0, 9676.0, 9715.0, 9674.0, 9671.0, 9680.0, 9682.0, 9752.0, 9679.0, 9714.0, 9685.0, 9699.0, 9704.0, 9706.0, 9664.0, 9672.0, 9672.0, 9672.0, 9662.0, 9662.0, 9663.0, 9662.0, 9650.0, 9667.0, 9683.0, 9686.0, 9722.0, 9684.0, 9729.0, 9698.0, 9694.0, 9702.0, 9697.0, 9784.0, 9700.0, 9735.0, 9701.0, 9687.0, 9681.0, 9668.0, 9660.0, 9653.0, 9664.0, 9678.0, 9690.0, 9677.0, 9659.0, 9741.0, 9672.0, 9695.0, 9668.0, 9666.0, 9663.0, 9680.0, 9667.0, 9675.0, 9670.0, 9677.0, 9685.0, 9736.0, 9691.0, 9692.0, 9694.0, 9697.0, 9672.0, 9681.0, 9695.0, 9682.0, 9693.0, 9674.0, 9691.0, 9673.0, 9670.0, 9687.0, 9671.0, 9678.0, 9677.0, 9656.0, 9663.0, 9686.0, 9697.0, 9673.0, 9671.0, 9684.0, 9682.0, 9744.0, 9711.0, 9685.0, 9669.0, 9683.0, 9709.0, 9684.0, 9677.0, 9651.0, 9678.0, 9682.0, 9670.0, 9733.0, 9685.0, 9672.0, 9651.0, 9676.0, 9682.0, 9716.0, 9738.0, 9692.0, 9709.0, 9686.0, 9695.0, 9716.0, 9682.0, 9698.0, 9697.0, 9692.0, 9678.0, 9676.0, 9708.0, 9676.0, 9684.0, 9666.0, 9658.0, 9720.0, 9701.0, 9698.0, 9693.0, 9683.0, 9682.0, 9678.0, 9716.0, 9676.0, 9664.0, 9676.0, 9685.0, 9674.0, 9676.0, 9703.0, 9743.0, 9720.0, 9701.0, 9698.0, 9709.0, 9700.0, 9731.0, 9701.0, 9671.0, 9683.0, 9732.0, 9682.0, 9670.0, 9638.0, 9653.0, 9654.0, 9666.0, 9681.0, 9677.0, 9702.0, 9650.0, 9665.0, 9663.0, 9725.0, 9678.0, 9687.0, 9684.0, 9673.0, 9681.0, 9691.0, 9713.0, 9693.0, 9671.0, 9659.0, 9678.0, 9719.0, 9685.0, 9666.0, 9677.0, 9683.0, 9694.0, 9689.0, 9687.0, 9692.0, 9676.0, 9693.0, 9676.0, 9716.0, 9679.0, 9739.0, 9684.0, 9684.0, 9696.0, 9707.0, 9721.0, 9702.0, 9676.0, 9708.0, 9696.0, 9711.0, 9700.0, 9733.0, 9676.0, 9689.0, 9685.0, 9688.0, 9676.0, 9679.0, 9713.0, 9695.0, 9680.0, 9682.0, 9677.0, 9687.0, 9694.0, 9694.0, 9675.0, 9690.0, 9726.0, 9708.0, 9683.0, 9673.0, 9673.0, 9679.0, 9667.0, 9715.0, 9686.0, 9689.0, 9691.0, 9681.0, 9677.0, 9680.0, 9765.0, 9697.0, 9685.0, 9683.0, 9665.0, 9699.0, 9681.0, 9702.0, 9684.0, 9676.0, 9691.0, 9661.0, 9701.0, 9691.0, 9698.0, 9683.0, 9682.0, 9695.0, 9682.0, 9722.0, 9693.0, 9670.0, 9669.0, 9686.0, 9720.0, 9696.0, 9684.0, 9687.0, 9667.0, 9714.0, 9688.0, 9727.0, 9700.0, 9686.0, 9681.0, 9686.0, 9711.0, 9676.0, 9675.0, 9703.0, 9682.0, 9718.0, 9796.0, 9705.0, 9739.0], "WindowWidth": [20491.0, 20553.0, 20498.0, 20503.0, 20554.0, 20462.0, 20480.0, 20482.0, 20483.0, 20548.0, 20501.0, 20542.0, 20573.0, 20564.0, 20564.0, 20538.0, 20571.0, 20497.0, 20472.0, 20479.0, 20459.0, 20485.0, 20444.0, 20452.0, 20457.0, 20455.0, 20457.0, 20461.0, 20437.0, 20434.0, 20438.0, 20528.0, 20456.0, 20509.0, 20494.0, 20571.0, 20491.0, 20492.0, 20517.0, 20518.0, 20499.0, 20468.0, 20478.0, 20472.0, 20488.0, 20459.0, 20466.0, 20529.0, 20523.0, 20491.0, 20456.0, 20499.0, 20585.0, 20515.0, 20634.0, 20539.0, 20528.0, 20569.0, 20551.0, 20684.0, 20599.0, 20563.0, 20600.0, 20523.0, 20519.0, 20472.0, 20486.0, 20467.0, 20446.0, 20447.0, 20494.0, 20476.0, 20486.0, 20500.0, 20511.0, 20502.0, 20481.0, 20491.0, 20579.0, 20508.0, 20487.0, 20516.0, 20470.0, 20490.0, 20463.0, 20508.0, 20503.0, 20496.0, 20484.0, 20487.0, 20490.0, 20481.0, 20508.0, 20496.0, 20495.0, 20479.0, 20484.0, 20563.0, 20490.0, 20500.0, 20527.0, 20492.0, 20466.0, 20461.0, 20572.0, 20448.0, 20434.0, 20469.0, 20452.0, 20527.0, 20451.0, 20443.0, 20462.0, 20470.0, 20601.0, 20463.0, 20532.0, 20478.0, 20504.0, 20517.0, 20517.0, 20438.0, 20447.0, 20447.0, 20448.0, 20430.0, 20424.0, 20428.0, 20423.0, 20404.0, 20435.0, 20467.0, 20474.0, 20543.0, 20471.0, 20562.0, 20501.0, 20495.0, 20508.0, 20510.0, 20706.0, 20518.0, 20579.0, 20507.0, 20476.0, 20464.0, 20436.0, 20421.0, 20408.0, 20428.0, 20458.0, 20484.0, 20459.0, 20424.0, 20576.0, 20446.0, 20490.0, 20443.0, 20436.0, 20430.0, 20467.0, 20443.0, 20459.0, 20445.0, 20462.0, 20478.0, 20573.0, 20487.0, 20487.0, 20497.0, 20504.0, 20453.0, 20470.0, 20500.0, 20474.0, 20494.0, 20454.0, 20489.0, 20452.0, 20447.0, 20473.0, 20444.0, 20459.0, 20454.0, 20416.0, 20424.0, 20469.0, 20491.0, 20448.0, 20446.0, 20469.0, 20472.0, 20592.0, 20525.0, 20476.0, 20443.0, 20469.0, 20519.0, 20468.0, 20453.0, 20406.0, 20455.0, 20469.0, 20442.0, 20561.0, 20466.0, 20450.0, 20409.0, 20454.0, 20469.0, 20535.0, 20571.0, 20489.0, 20521.0, 20477.0, 20496.0, 20531.0, 20464.0, 20492.0, 20492.0, 20482.0, 20457.0, 20452.0, 20512.0, 20453.0, 20467.0, 20435.0, 20421.0, 20539.0, 20511.0, 20504.0, 20493.0, 20472.0, 20470.0, 20459.0, 20530.0, 20454.0, 20433.0, 20455.0, 20475.0, 20452.0, 20456.0, 20508.0, 20588.0, 20545.0, 20507.0, 20504.0, 20527.0, 20508.0, 20566.0, 20506.0, 20452.0, 20469.0, 20558.0, 20463.0, 20435.0, 20375.0, 20402.0, 20411.0, 20436.0, 20463.0, 20459.0, 20505.0, 20405.0, 20433.0, 20429.0, 20542.0, 20458.0, 20473.0, 20468.0, 20449.0, 20461.0, 20487.0, 20528.0, 20486.0, 20444.0, 20419.0, 20458.0, 20535.0, 20470.0, 20434.0, 20454.0, 20470.0, 20493.0, 20481.0, 20474.0, 20483.0, 20457.0, 20486.0, 20452.0, 20529.0, 20461.0, 20573.0, 20469.0, 20468.0, 20496.0, 20520.0, 20545.0, 20505.0, 20455.0, 20519.0, 20495.0, 20520.0, 20499.0, 20559.0, 20455.0, 20480.0, 20469.0, 20473.0, 20446.0, 20456.0, 20523.0, 20486.0, 20457.0, 20458.0, 20456.0, 20476.0, 20489.0, 20486.0, 20452.0, 20482.0, 20553.0, 20515.0, 20469.0, 20448.0, 20451.0, 20461.0, 20436.0, 20526.0, 20468.0, 20480.0, 20485.0, 20466.0, 20456.0, 20462.0, 20628.0, 20495.0, 20472.0, 20464.0, 20436.0, 20501.0, 20470.0, 20507.0, 20472.0, 20455.0, 20482.0, 20425.0, 20499.0, 20476.0, 20495.0, 20472.0, 20468.0, 20489.0, 20464.0, 20542.0, 20486.0, 20441.0, 20436.0, 20469.0, 20537.0, 20493.0, 20470.0, 20475.0, 20439.0, 20526.0, 20476.0, 20549.0, 20495.0, 20472.0, 20465.0, 20476.0, 20521.0, 20453.0, 20454.0, 20505.0, 20467.0, 20570.0, 20733.0, 20520.0, 20578.0]}, "slices": {}}}