{"AcquisitionMatrixPE": 256, "AcquisitionNumber": 1, "AcquisitionTime": "17:35:32.075000", "BaseResolution": 256, "BodyPartExamined": "BRAIN", "ConsistencyInfo": "N4_VD11D_LATEST_20110129", "ConversionSoftware": "dcm2niix", "ConversionSoftwareVersion": "v1.0.20210317", "DeviceSerialNumber": "45239", "DwellTime": 7.3e-06, "EchoTime": 0.00195, "FlipAngle": 8, "ImageOrientationPatientDICOM": [0.0308149, 0.998603, -0.0429137, 0.0451825, -0.0442818, -0.997997], "ImageType": ["ORIGINAL", "PRIMARY", "M", "ND", "NORM"], "ImagingFrequency": 123.193, "InPlanePhaseEncodingDirectionDICOM": "ROW", "InstitutionAddress": "E 24th St. 100,Austin,Southmiddle,US,78712", "InstitutionName": "Univ of Texas at Austin", "InstitutionalDepartmentName": "IRC", "InversionTime": 1, "MRAcquisitionType": "3D", "MagneticFieldStrength": 3, "Manufacturer": "Siemens", "ManufacturersModelName": "Skyra", "Modality": "MR", "ParallelReductionFactorInPlane": 2, "PartialFourier": 1, "PatientPosition": "HFS", "PercentPhaseFOV": 100, "PercentSampling": 100, "PhaseEncodingSteps": 282, "PhaseOversampling": 0.1, "PhaseResolution": 1, "PixelBandwidth": 270, "ProcedureStepDescription": "Poldrack2^self-scanning", "ProtocolName": "T1w_MPR1_PMC", "PulseSequenceDetails": "%SiemensSeq%\\tfl", "ReceiveCoilActiveElements": "HEA;HEP", "ReceiveCoilName": "Head_32", "ReconMatrixPE": 256, "RefLinesPE": 32, "RepetitionTime": 2.4, "SAR": 0.061129, "ScanOptions": "IR\\WE", "ScanningSequence": "GR\\IR", "SequenceName": "*tfl3d1_16ns", "SequenceVariant": "SK\\SP\\MP\\OSP", "SeriesDescription": "T1w_MPR1_PMC", "SeriesNumber": 12, "ShimSetting": [-2770, 8043, -15539, 97, -174, -111, 49, -51], "SliceThickness": 0.8, "SoftwareVersions": "syngo MR D11", "StationName": "AWP45239", "TxRefAmp": 345.849, "dcmmeta_affine": [[0.7988027334213257, 0.024675961583852768, 0.036181312054395676, -104.77759552001953], [-0.023051347583532333, 0.7996629476547241, -0.03546006977558136, -103.02692413330078], [-0.03718716278672218, 0.03436446562409401, 0.7991771697998047, -66.93382263183594], [0.0, 0.0, 0.0, 1.0]], "dcmmeta_reorient_transform": [[0.0, 0.0, -1.0, 255.0], [0.0, -1.0, 0.0, 255.0], [-1.0, 0.0, 0.0, 255.0], [0.0, 0.0, 0.0, 1.0]], "dcmmeta_shape": [256, 256, 256], "dcmmeta_slice_dim": 0, "dcmmeta_version": 0.6, "global": {"const": {"AcquisitionMatrix": [0, 256, 256, 0], "AcquisitionNumber": 1, "AcquisitionTime": "173532.075000", "AngioFlag": "N", "BitsAllocated": 16, "BitsStored": 12, "BodyPartExamined": "BRAIN", "Columns": 256, "EchoNumbers": 1, "EchoTime": 1.95, "EchoTrainLength": 1, "FlipAngle": 8.0, "HighBit": 11, "ImageOrientationPatient": [0.03081485875872, 0.99860345532814, -0.0429136748179, 0.04518251449417, -0.0442818455057, -0.9979968229121], "ImageType": ["ORIGINAL", "PRIMARY", "M", "ND", "NORM"], "ImagedNucleus": "1H", "ImagingFrequency": 123.193458, "InPlanePhaseEncodingDirection": "ROW", "InversionTime": 1000.0, "MRAcquisitionType": "3D", "MagneticFieldStrength": 3.0, "Manufacturer": "SIEMENS", "ManufacturerModelName": "Skyra", "Modality": "MR", "NumberOfAverages": 1.0, "NumberOfPhaseEncodingSteps": 282, "PercentPhaseFieldOfView": 100.0, "PercentSampling": 100.0, "PerformedProcedureStepStartTime": "165957.890000", "PhotometricInterpretation": "MONOCHROME2", "PixelBandwidth": 270.0, "PixelRepresentation": 0, "PixelSpacing": [0.80078125, 0.80078125], "ProtocolName": "T1w_MPR1_PMC", "RepetitionTime": 2400.0, "Rows": 256, "SAR": 0.0611290221041, "SamplesPerPixel": 1, "ScanOptions": ["IR", "WE"], "ScanningSequence": ["GR", "IR"], "SequenceName": "*tfl3d1_16ns", "SequenceVariant": ["SK", "SP", "MP", "OSP"], "SeriesDescription": "T1w_MPR1_PMC", "SeriesNumber": 12, "SeriesTime": "174152.000000", "SliceThickness": 0.80000001192093, "SmallestImagePixelValue": 0, "SoftwareVersions": "syngo MR D11", "SpecificCharacterSet": "ISO_IR 100", "StudyID": "1", "StudyTime": "165957.859000", "TransmitCoilName": "Body", "VariableFlipAngleFlag": "N", "WindowCenterWidthExplanation": "Algo1", "dBdt": 0.0}, "slices": {"ContentTime": ["174201.218000", "174201.218000", "174201.218000", "174201.218000", "174201.218000", "174201.218000", "174201.203000", "174201.203000", "174201.203000", "174201.203000", "174201.203000", "174201.187000", "174200.984000", "174200.984000", "174200.984000", "174200.984000", "174200.968000", "174200.968000", "174200.968000", "174200.968000", "174200.968000", "174200.968000", "174200.968000", "174200.968000", "174200.953000", "174200.953000", "174200.953000", "174200.953000", "174200.953000", "174200.937000", "174200.937000", "174200.937000", "174200.937000", "174200.937000", "174200.921000", "174200.921000", "174200.921000", "174200.906000", "174200.906000", "174200.906000", "174200.906000", "174200.906000", "174200.906000", "174200.906000", "174200.890000", "174200.890000", "174200.890000", "174200.890000", "174200.890000", "174200.890000", "174200.890000", "174200.890000", "174200.875000", "174200.875000", "174200.875000", "174200.875000", "174200.875000", "174200.875000", "174200.859000", "174200.859000", "174200.859000", "174200.859000", "174200.859000", "174200.859000", "174200.859000", "174200.859000", "174200.843000", "174200.843000", "174200.843000", "174200.843000", "174200.843000", "174200.843000", "174200.843000", "174200.843000", "174200.828000", "174200.828000", "174200.828000", "174200.828000", "174200.828000", "174200.828000", "174200.812000", "174200.812000", "174200.812000", "174200.812000", "174200.812000", "174200.812000", "174200.796000", "174200.796000", "174200.796000", "174200.796000", "174200.796000", "174200.796000", "174200.796000", "174200.796000", "174200.781000", "174200.781000", "174200.781000", "174200.781000", "174200.781000", "174200.781000", "174200.781000", "174200.765000", "174200.765000", "174200.765000", "174200.765000", "174200.765000", "174200.765000", "174200.765000", "174200.765000", "174200.750000", "174200.750000", "174200.750000", "174200.734000", "174200.734000", "174200.734000", "174200.734000", "174200.734000", "174200.734000", "174200.734000", "174200.718000", "174200.687000", "174200.687000", "174200.687000", "174200.687000", "174200.687000", "174200.687000", "174200.687000", "174200.671000", "174200.671000", "174200.671000", "174200.671000", "174200.671000", "174200.656000", "174200.656000", "174200.656000", "174200.656000", "174200.656000", "174200.656000", "174200.656000", "174200.656000", "174200.640000", "174200.640000", "174200.640000", "174200.640000", "174200.640000", "174200.640000", "174200.640000", "174200.625000", "174200.625000", "174200.625000", "174200.609000", "174200.609000", "174200.609000", "174200.609000", "174200.609000", "174200.609000", "174200.609000", "174200.593000", "174200.593000", "174200.593000", "174200.578000", "174200.578000", "174200.578000", "174200.578000", "174200.578000", "174200.578000", "174200.562000", "174200.562000", "174200.562000", "174200.562000", "174200.562000", "174200.562000", "174200.546000", "174200.546000", "174200.546000", "174200.546000", "174200.546000", "174200.546000", "174200.546000", "174200.546000", "174200.531000", "174200.531000", "174200.531000", "174200.531000", "174200.531000", "174200.531000", "174200.531000", "174200.531000", "174200.515000", "174200.515000", "174200.515000", "174200.515000", "174200.515000", "174200.515000", "174200.515000", "174200.515000", "174200.500000", "174200.500000", "174200.500000", "174200.500000", "174200.500000", "174200.500000", "174200.500000", "174200.500000", "174200.484000", "174200.484000", "174200.484000", "174200.484000", "174200.484000", "174200.484000", "174200.468000", "174200.468000", "174152.109000", "174152.093000", "174152.093000", "174152.093000", "174152.093000", "174152.093000", "174152.093000", "174152.093000", "174152.093000", "174152.093000", "174152.078000", "174152.078000", "174152.078000", "174152.078000", "174152.078000", "174152.078000", "174152.062000", "174152.062000", "174152.062000", "174152.062000", "174152.062000", "174152.046000", "174152.046000", "174152.046000", "174152.031000", "174152.031000", "174152.031000", "174152.031000", "174152.031000", "174152.031000", "174152.031000", "174152.015000", "174152.015000", "174152.015000", "174152.015000", "174152.015000", "174152.015000", "174152.015000", "174152.015000", "174152.000000", "174152.000000", "174152.000000", "174152.000000", "174152.000000"], "CsaImage.Actual3DImaPartNumber": [255, 254, 253, 252, 251, 250, 249, 248, 247, 246, 245, 244, 243, 242, 241, 240, 239, 238, 237, 236, 235, 234, 233, 232, 231, 230, 229, 228, 227, 226, 225, 224, 223, 222, 221, 220, 219, 218, 217, 216, 215, 214, 213, 212, 211, 210, 209, 208, 207, 206, 205, 204, 203, 202, 201, 200, 199, 198, 197, 196, 195, 194, 193, 192, 191, 190, 189, 188, 187, 186, 185, 184, 183, 182, 181, 180, 179, 178, 177, 176, 175, 174, 173, 172, 171, 170, 169, 168, 167, 166, 165, 164, 163, 162, 161, 160, 159, 158, 157, 156, 155, 154, 153, 152, 151, 150, 149, 148, 147, 146, 145, 144, 143, 142, 141, 140, 139, 138, 137, 136, 135, 134, 133, 132, 131, 130, 129, 128, 127, 126, 125, 124, 123, 122, 121, 120, 119, 118, 117, 116, 115, 114, 113, 112, 111, 110, 109, 108, 107, 106, 105, 104, 103, 102, 101, 100, 99, 98, 97, 96, 95, 94, 93, 92, 91, 90, 89, 88, 87, 86, 85, 84, 83, 82, 81, 80, 79, 78, 77, 76, 75, 74, 73, 72, 71, 70, 69, 68, 67, 66, 65, 64, 63, 62, 61, 60, 59, 58, 57, 56, 55, 54, 53, 52, 51, 50, 49, 48, 47, 46, 45, 44, 43, 42, 41, 40, 39, 38, 37, 36, 35, 34, 33, 32, 31, 30, 29, 28, 27, 26, 25, 24, 23, 22, 21, 20, 19, 18, 17, 16, 15, 14, 13, 12, 11, 10, 9, 8, 7, 6, 5, 4, 3, 2, 1, 0], "CsaImage.GSWDDataType": ["measured", "measured", "measured", "measured", "measured", "measured", "measured", "measured", "measured", "measured", "measured", "measured", "measured", "measured", "measured", "measured", "measured", "measured", "measured", "measured", "measured", "measured", "measured", "measured", "measured", "measured", "measured", "measured", "measured", "measured", "measured", "measured", "measured", "measured", "measured", "measured", "measured", "measured", "measured", "measured", "measured", "measured", "measured", "measured", "measured", "measured", "measured", "measured", "measured", "measured", "measured", "measured", "measured", "measured", "measured", "measured", "measured", "measured", "measured", "measured", "measured", "measured", "measured", "measured", "measured", "measured", "measured", "measured", "measured", "measured", "measured", "measured", "measured", "measured", "measured", "measured", "measured", "measured", "measured", "measured", "measured", "measured", "measured", "measured", "measured", "measured", "measured", "measured", "measured", "measured", "measured", "measured", "measured", "measured", "measured", "measured", "measured", "measured", "measured", "measured", "measured", "measured", "measured", "measured", "measured", "measured", "measured", "measured", "measured", "measured", "measured", "measured", "measured", "measured", "measured", "measured", "measured", "measured", "measured", "measured", "measured", "measured", "measured", "measured", "measured", "measured", "measured", "measured", "measured", "measured", "measured", "measured", "measured", "measured", "measured", "measured", "measured", "measured", "measured", "measured", "measured", "measured", "measured", "measured", "measured", "measured", "measured", "measured", "measured", "measured", "measured", "measured", "measured", "measured", "measured", "measured", "measured", "measured", "measured", "measured", "measured", "measured", "measured", "measured", "measured", "measured", "measured", "measured", "measured", "measured", "measured", "measured", "measured", "measured", "measured", "measured", "measured", "measured", "measured", "measured", "measured", "measured", "measured", "measured", "measured", "measured", "measured", "measured", "measured", "measured", "measured", "measured", "measured", "measured", "measured", "measured", "measured", "measured", "measured", "measured", "measured", "measured", "measured", "measured", "measured", "measured", "measured", "measured", "measured", "measured", "measured", "measured", "measured", "measured", "measured", "measured", "measured", "measured", "measured", "measured", "measured", "measured", "measured", "measured", "measured", "measured", "measured", "measured", "measured", "measured", "measured", "measured", "measured", "measured", "measured", "measured", "measured", "measured", "measured", "measured", "measured", "measured", "measured", "measured", "measured", "measured", "measured", "measured", "measured", "measured", "measured", "measured", "measured", "measured", "measured", "predicted"], "CsaImage.ICE_Dims": ["X_1_1_1_1_1_256_1_1_1_1_1_131", "X_1_1_1_1_1_255_1_1_1_1_1_131", "X_1_1_1_1_1_254_1_1_1_1_1_131", "X_1_1_1_1_1_253_1_1_1_1_1_131", "X_1_1_1_1_1_252_1_1_1_1_1_131", "X_1_1_1_1_1_251_1_1_1_1_1_131", "X_1_1_1_1_1_250_1_1_1_1_1_131", "X_1_1_1_1_1_249_1_1_1_1_1_131", "X_1_1_1_1_1_248_1_1_1_1_1_131", "X_1_1_1_1_1_247_1_1_1_1_1_131", "X_1_1_1_1_1_246_1_1_1_1_1_131", "X_1_1_1_1_1_245_1_1_1_1_1_131", "X_1_1_1_1_1_244_1_1_1_1_1_131", "X_1_1_1_1_1_243_1_1_1_1_1_131", "X_1_1_1_1_1_242_1_1_1_1_1_131", "X_1_1_1_1_1_241_1_1_1_1_1_131", "X_1_1_1_1_1_240_1_1_1_1_1_131", "X_1_1_1_1_1_239_1_1_1_1_1_131", "X_1_1_1_1_1_238_1_1_1_1_1_131", "X_1_1_1_1_1_237_1_1_1_1_1_131", "X_1_1_1_1_1_236_1_1_1_1_1_131", "X_1_1_1_1_1_235_1_1_1_1_1_131", "X_1_1_1_1_1_234_1_1_1_1_1_131", "X_1_1_1_1_1_233_1_1_1_1_1_131", "X_1_1_1_1_1_232_1_1_1_1_1_131", "X_1_1_1_1_1_231_1_1_1_1_1_131", "X_1_1_1_1_1_230_1_1_1_1_1_131", "X_1_1_1_1_1_229_1_1_1_1_1_131", "X_1_1_1_1_1_228_1_1_1_1_1_131", "X_1_1_1_1_1_227_1_1_1_1_1_131", "X_1_1_1_1_1_226_1_1_1_1_1_131", "X_1_1_1_1_1_225_1_1_1_1_1_131", "X_1_1_1_1_1_224_1_1_1_1_1_131", "X_1_1_1_1_1_223_1_1_1_1_1_131", "X_1_1_1_1_1_222_1_1_1_1_1_131", "X_1_1_1_1_1_221_1_1_1_1_1_131", "X_1_1_1_1_1_220_1_1_1_1_1_131", "X_1_1_1_1_1_219_1_1_1_1_1_131", "X_1_1_1_1_1_218_1_1_1_1_1_131", "X_1_1_1_1_1_217_1_1_1_1_1_131", "X_1_1_1_1_1_216_1_1_1_1_1_131", "X_1_1_1_1_1_215_1_1_1_1_1_131", "X_1_1_1_1_1_214_1_1_1_1_1_131", "X_1_1_1_1_1_213_1_1_1_1_1_131", "X_1_1_1_1_1_212_1_1_1_1_1_131", "X_1_1_1_1_1_211_1_1_1_1_1_131", "X_1_1_1_1_1_210_1_1_1_1_1_131", "X_1_1_1_1_1_209_1_1_1_1_1_131", "X_1_1_1_1_1_208_1_1_1_1_1_131", "X_1_1_1_1_1_207_1_1_1_1_1_131", "X_1_1_1_1_1_206_1_1_1_1_1_131", "X_1_1_1_1_1_205_1_1_1_1_1_131", "X_1_1_1_1_1_204_1_1_1_1_1_131", "X_1_1_1_1_1_203_1_1_1_1_1_131", "X_1_1_1_1_1_202_1_1_1_1_1_131", "X_1_1_1_1_1_201_1_1_1_1_1_131", "X_1_1_1_1_1_200_1_1_1_1_1_131", "X_1_1_1_1_1_199_1_1_1_1_1_131", "X_1_1_1_1_1_198_1_1_1_1_1_131", "X_1_1_1_1_1_197_1_1_1_1_1_131", "X_1_1_1_1_1_196_1_1_1_1_1_131", "X_1_1_1_1_1_195_1_1_1_1_1_131", "X_1_1_1_1_1_194_1_1_1_1_1_131", "X_1_1_1_1_1_193_1_1_1_1_1_131", "X_1_1_1_1_1_192_1_1_1_1_1_131", "X_1_1_1_1_1_191_1_1_1_1_1_131", "X_1_1_1_1_1_190_1_1_1_1_1_131", "X_1_1_1_1_1_189_1_1_1_1_1_131", "X_1_1_1_1_1_188_1_1_1_1_1_131", "X_1_1_1_1_1_187_1_1_1_1_1_131", "X_1_1_1_1_1_186_1_1_1_1_1_131", "X_1_1_1_1_1_185_1_1_1_1_1_131", "X_1_1_1_1_1_184_1_1_1_1_1_131", "X_1_1_1_1_1_183_1_1_1_1_1_131", "X_1_1_1_1_1_182_1_1_1_1_1_131", "X_1_1_1_1_1_181_1_1_1_1_1_131", "X_1_1_1_1_1_180_1_1_1_1_1_131", "X_1_1_1_1_1_179_1_1_1_1_1_131", "X_1_1_1_1_1_178_1_1_1_1_1_131", "X_1_1_1_1_1_177_1_1_1_1_1_131", "X_1_1_1_1_1_176_1_1_1_1_1_131", "X_1_1_1_1_1_175_1_1_1_1_1_131", "X_1_1_1_1_1_174_1_1_1_1_1_131", "X_1_1_1_1_1_173_1_1_1_1_1_131", "X_1_1_1_1_1_172_1_1_1_1_1_131", "X_1_1_1_1_1_171_1_1_1_1_1_131", "X_1_1_1_1_1_170_1_1_1_1_1_131", "X_1_1_1_1_1_169_1_1_1_1_1_131", "X_1_1_1_1_1_168_1_1_1_1_1_131", "X_1_1_1_1_1_167_1_1_1_1_1_131", "X_1_1_1_1_1_166_1_1_1_1_1_131", "X_1_1_1_1_1_165_1_1_1_1_1_131", "X_1_1_1_1_1_164_1_1_1_1_1_131", "X_1_1_1_1_1_163_1_1_1_1_1_131", "X_1_1_1_1_1_162_1_1_1_1_1_131", "X_1_1_1_1_1_161_1_1_1_1_1_131", "X_1_1_1_1_1_160_1_1_1_1_1_131", "X_1_1_1_1_1_159_1_1_1_1_1_131", "X_1_1_1_1_1_158_1_1_1_1_1_131", "X_1_1_1_1_1_157_1_1_1_1_1_131", "X_1_1_1_1_1_156_1_1_1_1_1_131", "X_1_1_1_1_1_155_1_1_1_1_1_131", "X_1_1_1_1_1_154_1_1_1_1_1_131", "X_1_1_1_1_1_153_1_1_1_1_1_131", "X_1_1_1_1_1_152_1_1_1_1_1_131", "X_1_1_1_1_1_151_1_1_1_1_1_131", "X_1_1_1_1_1_150_1_1_1_1_1_131", "X_1_1_1_1_1_149_1_1_1_1_1_131", "X_1_1_1_1_1_148_1_1_1_1_1_131", "X_1_1_1_1_1_147_1_1_1_1_1_131", "X_1_1_1_1_1_146_1_1_1_1_1_131", "X_1_1_1_1_1_145_1_1_1_1_1_131", "X_1_1_1_1_1_144_1_1_1_1_1_131", "X_1_1_1_1_1_143_1_1_1_1_1_131", "X_1_1_1_1_1_142_1_1_1_1_1_131", "X_1_1_1_1_1_141_1_1_1_1_1_131", "X_1_1_1_1_1_140_1_1_1_1_1_131", "X_1_1_1_1_1_139_1_1_1_1_1_131", "X_1_1_1_1_1_138_1_1_1_1_1_131", "X_1_1_1_1_1_137_1_1_1_1_1_131", "X_1_1_1_1_1_136_1_1_1_1_1_131", "X_1_1_1_1_1_135_1_1_1_1_1_131", "X_1_1_1_1_1_134_1_1_1_1_1_131", "X_1_1_1_1_1_133_1_1_1_1_1_131", "X_1_1_1_1_1_132_1_1_1_1_1_131", "X_1_1_1_1_1_131_1_1_1_1_1_131", "X_1_1_1_1_1_130_1_1_1_1_1_131", "X_1_1_1_1_1_129_1_1_1_1_1_131", "X_1_1_1_1_1_128_1_1_1_1_1_131", "X_1_1_1_1_1_127_1_1_1_1_1_131", "X_1_1_1_1_1_126_1_1_1_1_1_131", "X_1_1_1_1_1_125_1_1_1_1_1_131", "X_1_1_1_1_1_124_1_1_1_1_1_131", "X_1_1_1_1_1_123_1_1_1_1_1_131", "X_1_1_1_1_1_122_1_1_1_1_1_131", "X_1_1_1_1_1_121_1_1_1_1_1_131", "X_1_1_1_1_1_120_1_1_1_1_1_131", "X_1_1_1_1_1_119_1_1_1_1_1_131", "X_1_1_1_1_1_118_1_1_1_1_1_131", "X_1_1_1_1_1_117_1_1_1_1_1_131", "X_1_1_1_1_1_116_1_1_1_1_1_131", "X_1_1_1_1_1_115_1_1_1_1_1_131", "X_1_1_1_1_1_114_1_1_1_1_1_131", "X_1_1_1_1_1_113_1_1_1_1_1_131", "X_1_1_1_1_1_112_1_1_1_1_1_131", "X_1_1_1_1_1_111_1_1_1_1_1_131", "X_1_1_1_1_1_110_1_1_1_1_1_131", "X_1_1_1_1_1_109_1_1_1_1_1_131", "X_1_1_1_1_1_108_1_1_1_1_1_131", "X_1_1_1_1_1_107_1_1_1_1_1_131", "X_1_1_1_1_1_106_1_1_1_1_1_131", "X_1_1_1_1_1_105_1_1_1_1_1_131", "X_1_1_1_1_1_104_1_1_1_1_1_131", "X_1_1_1_1_1_103_1_1_1_1_1_131", "X_1_1_1_1_1_102_1_1_1_1_1_131", "X_1_1_1_1_1_101_1_1_1_1_1_131", "X_1_1_1_1_1_100_1_1_1_1_1_131", "X_1_1_1_1_1_99_1_1_1_1_1_131", "X_1_1_1_1_1_98_1_1_1_1_1_131", "X_1_1_1_1_1_97_1_1_1_1_1_131", "X_1_1_1_1_1_96_1_1_1_1_1_131", "X_1_1_1_1_1_95_1_1_1_1_1_131", "X_1_1_1_1_1_94_1_1_1_1_1_131", "X_1_1_1_1_1_93_1_1_1_1_1_131", "X_1_1_1_1_1_92_1_1_1_1_1_131", "X_1_1_1_1_1_91_1_1_1_1_1_131", "X_1_1_1_1_1_90_1_1_1_1_1_131", "X_1_1_1_1_1_89_1_1_1_1_1_131", "X_1_1_1_1_1_88_1_1_1_1_1_131", "X_1_1_1_1_1_87_1_1_1_1_1_131", "X_1_1_1_1_1_86_1_1_1_1_1_131", "X_1_1_1_1_1_85_1_1_1_1_1_131", "X_1_1_1_1_1_84_1_1_1_1_1_131", "X_1_1_1_1_1_83_1_1_1_1_1_131", "X_1_1_1_1_1_82_1_1_1_1_1_131", "X_1_1_1_1_1_81_1_1_1_1_1_131", "X_1_1_1_1_1_80_1_1_1_1_1_131", "X_1_1_1_1_1_79_1_1_1_1_1_131", "X_1_1_1_1_1_78_1_1_1_1_1_131", "X_1_1_1_1_1_77_1_1_1_1_1_131", "X_1_1_1_1_1_76_1_1_1_1_1_131", "X_1_1_1_1_1_75_1_1_1_1_1_131", "X_1_1_1_1_1_74_1_1_1_1_1_131", "X_1_1_1_1_1_73_1_1_1_1_1_131", "X_1_1_1_1_1_72_1_1_1_1_1_131", "X_1_1_1_1_1_71_1_1_1_1_1_131", "X_1_1_1_1_1_70_1_1_1_1_1_131", "X_1_1_1_1_1_69_1_1_1_1_1_131", "X_1_1_1_1_1_68_1_1_1_1_1_131", "X_1_1_1_1_1_67_1_1_1_1_1_131", "X_1_1_1_1_1_66_1_1_1_1_1_131", "X_1_1_1_1_1_65_1_1_1_1_1_131", "X_1_1_1_1_1_64_1_1_1_1_1_131", "X_1_1_1_1_1_63_1_1_1_1_1_131", "X_1_1_1_1_1_62_1_1_1_1_1_131", "X_1_1_1_1_1_61_1_1_1_1_1_131", "X_1_1_1_1_1_60_1_1_1_1_1_131", "X_1_1_1_1_1_59_1_1_1_1_1_131", "X_1_1_1_1_1_58_1_1_1_1_1_131", "X_1_1_1_1_1_57_1_1_1_1_1_131", "X_1_1_1_1_1_56_1_1_1_1_1_131", "X_1_1_1_1_1_55_1_1_1_1_1_131", "X_1_1_1_1_1_54_1_1_1_1_1_131", "X_1_1_1_1_1_53_1_1_1_1_1_131", "X_1_1_1_1_1_52_1_1_1_1_1_131", "X_1_1_1_1_1_51_1_1_1_1_1_131", "X_1_1_1_1_1_50_1_1_1_1_1_131", "X_1_1_1_1_1_49_1_1_1_1_1_131", "X_1_1_1_1_1_48_1_1_1_1_1_131", "X_1_1_1_1_1_47_1_1_1_1_1_131", "X_1_1_1_1_1_46_1_1_1_1_1_131", "X_1_1_1_1_1_45_1_1_1_1_1_131", "X_1_1_1_1_1_44_1_1_1_1_1_131", "X_1_1_1_1_1_43_1_1_1_1_1_131", "X_1_1_1_1_1_42_1_1_1_1_1_131", "X_1_1_1_1_1_41_1_1_1_1_1_131", "X_1_1_1_1_1_40_1_1_1_1_1_131", "X_1_1_1_1_1_39_1_1_1_1_1_131", "X_1_1_1_1_1_38_1_1_1_1_1_131", "X_1_1_1_1_1_37_1_1_1_1_1_131", "X_1_1_1_1_1_36_1_1_1_1_1_131", "X_1_1_1_1_1_35_1_1_1_1_1_131", "X_1_1_1_1_1_34_1_1_1_1_1_131", "X_1_1_1_1_1_33_1_1_1_1_1_131", "X_1_1_1_1_1_32_1_1_1_1_1_131", "X_1_1_1_1_1_31_1_1_1_1_1_131", "X_1_1_1_1_1_30_1_1_1_1_1_131", "X_1_1_1_1_1_29_1_1_1_1_1_131", "X_1_1_1_1_1_28_1_1_1_1_1_131", "X_1_1_1_1_1_27_1_1_1_1_1_131", "X_1_1_1_1_1_26_1_1_1_1_1_131", "X_1_1_1_1_1_25_1_1_1_1_1_131", "X_1_1_1_1_1_24_1_1_1_1_1_131", "X_1_1_1_1_1_23_1_1_1_1_1_131", "X_1_1_1_1_1_22_1_1_1_1_1_131", "X_1_1_1_1_1_21_1_1_1_1_1_131", "X_1_1_1_1_1_20_1_1_1_1_1_131", "X_1_1_1_1_1_19_1_1_1_1_1_131", "X_1_1_1_1_1_18_1_1_1_1_1_131", "X_1_1_1_1_1_17_1_1_1_1_1_131", "X_1_1_1_1_1_16_1_1_1_1_1_131", "X_1_1_1_1_1_15_1_1_1_1_1_131", "X_1_1_1_1_1_14_1_1_1_1_1_131", "X_1_1_1_1_1_13_1_1_1_1_1_131", "X_1_1_1_1_1_12_1_1_1_1_1_131", "X_1_1_1_1_1_11_1_1_1_1_1_131", "X_1_1_1_1_1_10_1_1_1_1_1_131", "X_1_1_1_1_1_9_1_1_1_1_1_131", "X_1_1_1_1_1_8_1_1_1_1_1_131", "X_1_1_1_1_1_7_1_1_1_1_1_131", "X_1_1_1_1_1_6_1_1_1_1_1_131", "X_1_1_1_1_1_5_1_1_1_1_1_131", "X_1_1_1_1_1_4_1_1_1_1_1_131", "X_1_1_1_1_1_3_1_1_1_1_1_131", "X_1_1_1_1_1_2_1_1_1_1_1_131", "X_1_1_1_1_1_1_1_1_1_1_1_131"], "CsaImage.RFSWDDataType": ["measured", "measured", "measured", "measured", "measured", "measured", "measured", "measured", "measured", "measured", "measured", "measured", "measured", "measured", "measured", "measured", "measured", "measured", "measured", "measured", "measured", "measured", "measured", "measured", "measured", "measured", "measured", "measured", "measured", "measured", "measured", "measured", "measured", "measured", "measured", "measured", "measured", "measured", "measured", "measured", "measured", "measured", "measured", "measured", "measured", "measured", "measured", "measured", "measured", "measured", "measured", "measured", "measured", "measured", "measured", "measured", "measured", "measured", "measured", "measured", "measured", "measured", "measured", "measured", "measured", "measured", "measured", "measured", "measured", "measured", "measured", "measured", "measured", "measured", "measured", "measured", "measured", "measured", "measured", "measured", "measured", "measured", "measured", "measured", "measured", "measured", "measured", "measured", "measured", "measured", "measured", "measured", "measured", "measured", "measured", "measured", "measured", "measured", "measured", "measured", "measured", "measured", "measured", "measured", "measured", "measured", "measured", "measured", "measured", "measured", "measured", "measured", "measured", "measured", "measured", "measured", "measured", "measured", "measured", "measured", "measured", "measured", "measured", "measured", "measured", "measured", "measured", "measured", "measured", "measured", "measured", "measured", "measured", "measured", "measured", "measured", "measured", "measured", "measured", "measured", "measured", "measured", "measured", "measured", "measured", "measured", "measured", "measured", "measured", "measured", "measured", "measured", "measured", "measured", "measured", "measured", "measured", "measured", "measured", "measured", "measured", "measured", "measured", "measured", "measured", "measured", "measured", "measured", "measured", "measured", "measured", "measured", "measured", "measured", "measured", "measured", "measured", "measured", "measured", "measured", "measured", "measured", "measured", "measured", "measured", "measured", "measured", "measured", "measured", "measured", "measured", "measured", "measured", "measured", "measured", "measured", "measured", "measured", "measured", "measured", "measured", "measured", "measured", "measured", "measured", "measured", "measured", "measured", "measured", "measured", "measured", "measured", "measured", "measured", "measured", "measured", "measured", "measured", "measured", "measured", "measured", "measured", "measured", "measured", "measured", "measured", "measured", "measured", "measured", "measured", "measured", "measured", "measured", "measured", "measured", "measured", "measured", "measured", "measured", "measured", "measured", "measured", "measured", "measured", "measured", "measured", "measured", "measured", "measured", "measured", "measured", "measured", "measured", "measured", "measured", "predicted"], "CsaImage.SlicePosition_PCS": [[89.25899453, -91.84480129, 145.61929022], [88.46019182, -91.82174995, 145.58210305], [87.66138911, -91.7986986, 145.54491589], [86.8625864, -91.77564725, 145.50772873], [86.06378369, -91.75259591, 145.47054156], [85.26498098, -91.72954456, 145.4333544], [84.46617827, -91.70649321, 145.39616723], [83.66737556, -91.68344186, 145.35898007], [82.86857285, -91.66039052, 145.32179291], [82.06977014, -91.63733917, 145.28460574], [81.27096743, -91.61428782, 145.24741858], [80.47216472, -91.59123648, 145.21023142], [79.67336201, -91.56818513, 145.17304425], [78.8745593, -91.54513378, 145.13585709], [78.07575659, -91.52208243, 145.09866993], [77.27695388, -91.49903109, 145.06148276], [76.47815117, -91.47597974, 145.0242956], [75.67934846, -91.45292839, 144.98710843], [74.88054575, -91.42987705, 144.94992127], [74.08174304, -91.4068257, 144.91273411], [73.28294033, -91.38377435, 144.87554694], [72.48413762, -91.36072301, 144.83835978], [71.68533491, -91.33767166, 144.80117262], [70.8865322, -91.31462031, 144.76398545], [70.08772949, -91.29156896, 144.72679829], [69.28892678, -91.26851762, 144.68961112], [68.49012407, -91.24546627, 144.65242396], [67.69132136, -91.22241492, 144.6152368], [66.89251865, -91.19936358, 144.57804963], [66.09371594, -91.17631223, 144.54086247], [65.29491323, -91.15326088, 144.50367531], [64.49611052, -91.13020953, 144.46648814], [63.69730781, -91.10715819, 144.42930098], [62.8985051, -91.08410684, 144.39211382], [62.09970239, -91.06105549, 144.35492665], [61.30089968, -91.03800415, 144.31773949], [60.50209697, -91.0149528, 144.28055232], [59.70329426, -90.99190145, 144.24336516], [58.90449155, -90.9688501, 144.206178], [58.10568884, -90.94579876, 144.16899083], [57.30688613, -90.92274741, 144.13180367], [56.50808342, -90.89969606, 144.09461651], [55.70928071, -90.87664472, 144.05742934], [54.910478, -90.85359337, 144.02024218], [54.11167529, -90.83054202, 143.98305501], [53.31287258, -90.80749068, 143.94586785], [52.51406987, -90.78443933, 143.90868069], [51.71526716, -90.76138798, 143.87149352], [50.91646445, -90.73833663, 143.83430636], [50.11766174, -90.71528529, 143.7971192], [49.31885903, -90.69223394, 143.75993203], [48.52005632, -90.66918259, 143.72274487], [47.72125361, -90.64613125, 143.68555771], [46.9224509, -90.6230799, 143.64837054], [46.12364819, -90.60002855, 143.61118338], [45.32484548, -90.5769772, 143.57399621], [44.52604277, -90.55392586, 143.53680905], [43.72724006, -90.53087451, 143.49962189], [42.92843736, -90.50782316, 143.46243472], [42.12963465, -90.48477182, 143.42524756], [41.33083194, -90.46172047, 143.3880604], [40.53202923, -90.43866912, 143.35087323], [39.73322652, -90.41561778, 143.31368607], [38.93442381, -90.39256643, 143.2764989], [38.1356211, -90.36951508, 143.23931174], [37.33681839, -90.34646373, 143.20212458], [36.53801568, -90.32341239, 143.16493741], [35.73921297, -90.30036104, 143.12775025], [34.94041026, -90.27730969, 143.09056309], [34.14160755, -90.25425835, 143.05337592], [33.34280484, -90.231207, 143.01618876], [32.54400213, -90.20815565, 142.9790016], [31.74519942, -90.1851043, 142.94181443], [30.94639671, -90.16205296, 142.90462727], [30.147594, -90.13900161, 142.8674401], [29.34879129, -90.11595026, 142.83025294], [28.54998858, -90.09289892, 142.79306578], [27.75118587, -90.06984757, 142.75587861], [26.95238316, -90.04679622, 142.71869145], [26.15358045, -90.02374488, 142.68150429], [25.35477774, -90.00069353, 142.64431712], [24.55597503, -89.97764218, 142.60712996], [23.75717232, -89.95459083, 142.56994279], [22.95836961, -89.93153949, 142.53275563], [22.1595669, -89.90848814, 142.49556847], [21.36076419, -89.88543679, 142.4583813], [20.56196148, -89.86238545, 142.42119414], [19.76315877, -89.8393341, 142.38400698], [18.96435606, -89.81628275, 142.34681981], [18.16555335, -89.7932314, 142.30963265], [17.36675064, -89.77018006, 142.27244549], [16.56794793, -89.74712871, 142.23525832], [15.76914522, -89.72407736, 142.19807116], [14.97034251, -89.70102602, 142.16088399], [14.1715398, -89.67797467, 142.12369683], [13.37273709, -89.65492332, 142.08650967], [12.57393438, -89.63187197, 142.0493225], [11.77513167, -89.60882063, 142.01213534], [10.97632896, -89.58576928, 141.97494818], [10.17752625, -89.56271793, 141.93776101], [9.37872354, -89.53966659, 141.90057385], [8.57992083, -89.51661524, 141.86338668], [7.78111812, -89.49356389, 141.82619952], [6.98231541, -89.47051255, 141.78901236], [6.1835127, -89.4474612, 141.75182519], [5.38470999, -89.42440985, 141.71463803], [4.58590728, -89.4013585, 141.67745087], [3.78710457, -89.37830716, 141.6402637], [2.98830186, -89.35525581, 141.60307654], [2.18949915, -89.33220446, 141.56588938], [1.39069644, -89.30915312, 141.52870221], [0.59189373, -89.28610177, 141.49151505], [-0.20690898, -89.26305042, 141.45432788], [-1.00571169, -89.23999907, 141.41714072], [-1.8045144, -89.21694773, 141.37995356], [-2.60331711, -89.19389638, 141.34276639], [-3.40211982, -89.17084503, 141.30557923], [-4.20092253, -89.14779369, 141.26839207], [-4.99972524, -89.12474234, 141.2312049], [-5.79852795, -89.10169099, 141.19401774], [-6.59733066, -89.07863965, 141.15683058], [-7.39613337, -89.0555883, 141.11964341], [-8.19493608, -89.03253695, 141.08245625], [-8.99373879, -89.0094856, 141.04526908], [-9.7925415, -88.98643426, 141.00808192], [-10.59134421, -88.96338291, 140.97089476], [-11.39014692, -88.94033156, 140.93370759], [-12.18894963, -88.91728022, 140.89652043], [-12.98775234, -88.89422887, 140.85933327], [-13.78655505, -88.87117752, 140.8221461], [-14.58535776, -88.84812617, 140.78495894], [-15.38416047, -88.82507483, 140.74777177], [-16.18296318, -88.80202348, 140.71058461], [-16.98176589, -88.77897213, 140.67339745], [-17.7805686, -88.75592079, 140.63621028], [-18.57937131, -88.73286944, 140.59902312], [-19.37817402, -88.70981809, 140.56183596], [-20.17697673, -88.68676675, 140.52464879], [-20.97577944, -88.6637154, 140.48746163], [-21.77458215, -88.64066405, 140.45027447], [-22.57338486, -88.6176127, 140.4130873], [-23.37218757, -88.59456136, 140.37590014], [-24.17099028, -88.57151001, 140.33871297], [-24.96979299, -88.54845866, 140.30152581], [-25.7685957, -88.52540732, 140.26433865], [-26.56739841, -88.50235597, 140.22715148], [-27.36620112, -88.47930462, 140.18996432], [-28.16500383, -88.45625327, 140.15277716], [-28.96380654, -88.43320193, 140.11558999], [-29.76260925, -88.41015058, 140.07840283], [-30.56141195, -88.38709923, 140.04121566], [-31.36021466, -88.36404789, 140.0040285], [-32.15901737, -88.34099654, 139.96684134], [-32.95782008, -88.31794519, 139.92965417], [-33.75662279, -88.29489385, 139.89246701], [-34.5554255, -88.2718425, 139.85527985], [-35.35422821, -88.24879115, 139.81809268], [-36.15303092, -88.2257398, 139.78090552], [-36.95183363, -88.20268846, 139.74371836], [-37.75063634, -88.17963711, 139.70653119], [-38.54943905, -88.15658576, 139.66934403], [-39.34824176, -88.13353442, 139.63215686], [-40.14704447, -88.11048307, 139.5949697], [-40.94584718, -88.08743172, 139.55778254], [-41.74464989, -88.06438037, 139.52059537], [-42.5434526, -88.04132903, 139.48340821], [-43.34225531, -88.01827768, 139.44622105], [-44.14105802, -87.99522633, 139.40903388], [-44.93986073, -87.97217499, 139.37184672], [-45.73866344, -87.94912364, 139.33465955], [-46.53746615, -87.92607229, 139.29747239], [-47.33626886, -87.90302094, 139.26028523], [-48.13507157, -87.8799696, 139.22309806], [-48.93387428, -87.85691825, 139.1859109], [-49.73267699, -87.8338669, 139.14872374], [-50.5314797, -87.81081556, 139.11153657], [-51.33028241, -87.78776421, 139.07434941], [-52.12908512, -87.76471286, 139.03716225], [-52.92788783, -87.74166152, 138.99997508], [-53.72669054, -87.71861017, 138.96278792], [-54.52549325, -87.69555882, 138.92560075], [-55.32429596, -87.67250747, 138.88841359], [-56.12309867, -87.64945613, 138.85122643], [-56.92190138, -87.62640478, 138.81403926], [-57.72070409, -87.60335343, 138.7768521], [-58.5195068, -87.58030209, 138.73966494], [-59.31830951, -87.55725074, 138.70247777], [-60.11711222, -87.53419939, 138.66529061], [-60.91591493, -87.51114804, 138.62810344], [-61.71471764, -87.4880967, 138.59091628], [-62.51352035, -87.46504535, 138.55372912], [-63.31232306, -87.441994, 138.51654195], [-64.11112577, -87.41894266, 138.47935479], [-64.90992848, -87.39589131, 138.44216763], [-65.70873119, -87.37283996, 138.40498046], [-66.5075339, -87.34978862, 138.3677933], [-67.30633661, -87.32673727, 138.33060614], [-68.10513932, -87.30368592, 138.29341897], [-68.90394203, -87.28063457, 138.25623181], [-69.70274474, -87.25758323, 138.21904464], [-70.50154745, -87.23453188, 138.18185748], [-71.30035016, -87.21148053, 138.14467032], [-72.09915287, -87.18842919, 138.10748315], [-72.89795558, -87.16537784, 138.07029599], [-73.69675829, -87.14232649, 138.03310883], [-74.495561, -87.11927514, 137.99592166], [-75.29436371, -87.0962238, 137.9587345], [-76.09316642, -87.07317245, 137.92154733], [-76.89196913, -87.0501211, 137.88436017], [-77.69077184, -87.02706976, 137.84717301], [-78.48957455, -87.00401841, 137.80998584], [-79.28837726, -86.98096706, 137.77279868], [-80.08717997, -86.95791572, 137.73561152], [-80.88598268, -86.93486437, 137.69842435], [-81.68478539, -86.91181302, 137.66123719], [-82.4835881, -86.88876167, 137.62405003], [-83.28239081, -86.86571033, 137.58686286], [-84.08119352, -86.84265898, 137.5496757], [-84.87999623, -86.81960763, 137.51248853], [-85.67879894, -86.79655629, 137.47530137], [-86.47760165, -86.77350494, 137.43811421], [-87.27640436, -86.75045359, 137.40092704], [-88.07520707, -86.72740224, 137.36373988], [-88.87400978, -86.7043509, 137.32655272], [-89.67281249, -86.68129955, 137.28936555], [-90.4716152, -86.6582482, 137.25217839], [-91.27041791, -86.63519686, 137.21499122], [-92.06922062, -86.61214551, 137.17780406], [-92.86802333, -86.58909416, 137.1406169], [-93.66682604, -86.56604281, 137.10342973], [-94.46562875, -86.54299147, 137.06624257], [-95.26443146, -86.51994012, 137.02905541], [-96.06323417, -86.49688877, 136.99186824], [-96.86203688, -86.47383743, 136.95468108], [-97.66083959, -86.45078608, 136.91749392], [-98.4596423, -86.42773473, 136.88030675], [-99.25844501, -86.40468339, 136.84311959], [-100.05724772, -86.38163204, 136.80593242], [-100.85605043, -86.35858069, 136.76874526], [-101.65485314, -86.33552934, 136.7315581], [-102.45365585, -86.312478, 136.69437093], [-103.25245856, -86.28942665, 136.65718377], [-104.05126126, -86.2663753, 136.61999661], [-104.85006397, -86.24332396, 136.58280944], [-105.64886668, -86.22027261, 136.54562228], [-106.44766939, -86.19722126, 136.50843511], [-107.2464721, -86.17416991, 136.47124795], [-108.04527481, -86.15111857, 136.43406079], [-108.84407752, -86.12806722, 136.39687362], [-109.64288023, -86.10501587, 136.35968646], [-110.44168294, -86.08196453, 136.3224993], [-111.24048565, -86.05891318, 136.28531213], [-112.03928836, -86.03586183, 136.24812497], [-112.83809107, -86.01281049, 136.21093781], [-113.63689378, -85.98975914, 136.17375064], [-114.43569649, -85.96670779, 136.13656348]], "ImagePositionPatient": [[89.25899452868, -91.844801293455, 145.61929021678], [88.460191818789, -91.821749946388, 145.5821030531], [87.661389108898, -91.79869859932, 145.54491588942], [86.862586399007, -91.775647252252, 145.50772872574], [86.063783689117, -91.752595905185, 145.47054156206], [85.264980979226, -91.729544558117, 145.43335439838], [84.466178269335, -91.706493211049, 145.3961672347], [83.667375559444, -91.683441863982, 145.35898007101], [82.868572849553, -91.660390516914, 145.32179290733], [82.069770139662, -91.637339169846, 145.28460574365], [81.270967429771, -91.614287822779, 145.24741857997], [80.47216471988, -91.591236475711, 145.21023141629], [79.673362009989, -91.568185128643, 145.17304425261], [78.874559300098, -91.545133781576, 145.13585708893], [78.075756590207, -91.522082434508, 145.09866992524], [77.276953880316, -91.49903108744, 145.06148276156], [76.478151170425, -91.475979740373, 145.02429559788], [75.679348460534, -91.452928393305, 144.9871084342], [74.880545750643, -91.429877046237, 144.94992127052], [74.081743040752, -91.40682569917, 144.91273410684], [73.282940330861, -91.383774352102, 144.87554694316], [72.48413762097, -91.360723005034, 144.83835977947], [71.685334911079, -91.337671657967, 144.80117261579], [70.886532201188, -91.314620310899, 144.76398545211], [70.087729491297, -91.291568963831, 144.72679828843], [69.288926781406, -91.268517616764, 144.68961112475], [68.490124071515, -91.245466269696, 144.65242396107], [67.691321361624, -91.222414922628, 144.61523679739], [66.892518651733, -91.19936357556, 144.5780496337], [66.093715941842, -91.176312228493, 144.54086247002], [65.294913231951, -91.153260881425, 144.50367530634], [64.49611052206, -91.130209534357, 144.46648814266], [63.697307812169, -91.10715818729, 144.42930097898], [62.898505102278, -91.084106840222, 144.3921138153], [62.099702392387, -91.061055493154, 144.35492665162], [61.300899682496, -91.038004146087, 144.31773948793], [60.502096972605, -91.014952799019, 144.28055232425], [59.703294262714, -90.991901451951, 144.24336516057], [58.904491552823, -90.968850104884, 144.20617799689], [58.105688842932, -90.945798757816, 144.16899083321], [57.306886133041, -90.922747410748, 144.13180366953], [56.50808342315, -90.899696063681, 144.09461650585], [55.709280713259, -90.876644716613, 144.05742934216], [54.910478003368, -90.853593369545, 144.02024217848], [54.111675293477, -90.830542022478, 143.9830550148], [53.312872583586, -90.80749067541, 143.94586785112], [52.514069873695, -90.784439328342, 143.90868068744], [51.715267163804, -90.761387981275, 143.87149352376], [50.916464453913, -90.738336634207, 143.83430636008], [50.117661744022, -90.715285287139, 143.79711919639], [49.318859034131, -90.692233940072, 143.75993203271], [48.52005632424, -90.669182593004, 143.72274486903], [47.721253614349, -90.646131245936, 143.68555770535], [46.922450904458, -90.623079898869, 143.64837054167], [46.123648194567, -90.600028551801, 143.61118337799], [45.324845484676, -90.576977204733, 143.57399621431], [44.526042774785, -90.553925857666, 143.53680905062], [43.727240064894, -90.530874510598, 143.49962188694], [42.928437355003, -90.50782316353, 143.46243472326], [42.129634645112, -90.484771816462, 143.42524755958], [41.330831935221, -90.461720469395, 143.3880603959], [40.53202922533, -90.438669122327, 143.35087323222], [39.733226515439, -90.415617775259, 143.31368606854], [38.934423805548, -90.392566428192, 143.27649890485], [38.135621095657, -90.369515081124, 143.23931174117], [37.336818385766, -90.346463734056, 143.20212457749], [36.538015675875, -90.323412386989, 143.16493741381], [35.739212965984, -90.300361039921, 143.12775025013], [34.940410256093, -90.277309692853, 143.09056308645], [34.141607546202, -90.254258345786, 143.05337592277], [33.342804836311, -90.231206998718, 143.01618875908], [32.54400212642, -90.20815565165, 142.9790015954], [31.745199416529, -90.185104304583, 142.94181443172], [30.946396706638, -90.162052957515, 142.90462726804], [30.147593996747, -90.139001610447, 142.86744010436], [29.348791286857, -90.11595026338, 142.83025294068], [28.549988576966, -90.092898916312, 142.793065777], [27.751185867075, -90.069847569244, 142.75587861331], [26.952383157184, -90.046796222177, 142.71869144963], [26.153580447293, -90.023744875109, 142.68150428595], [25.354777737402, -90.000693528041, 142.64431712227], [24.555975027511, -89.977642180974, 142.60712995859], [23.75717231762, -89.954590833906, 142.56994279491], [22.958369607729, -89.931539486838, 142.53275563123], [22.159566897838, -89.908488139771, 142.49556846754], [21.360764187947, -89.885436792703, 142.45838130386], [20.561961478056, -89.862385445635, 142.42119414018], [19.763158768165, -89.839334098568, 142.3840069765], [18.964356058274, -89.8162827515, 142.34681981282], [18.165553348383, -89.793231404432, 142.30963264914], [17.366750638492, -89.770180057365, 142.27244548546], [16.567947928601, -89.747128710297, 142.23525832177], [15.76914521871, -89.724077363229, 142.19807115809], [14.970342508819, -89.701026016161, 142.16088399441], [14.171539798928, -89.677974669094, 142.12369683073], [13.372737089037, -89.654923322026, 142.08650966705], [12.573934379146, -89.631871974958, 142.04932250337], [11.775131669255, -89.608820627891, 142.01213533969], [10.976328959364, -89.585769280823, 141.974948176], [10.177526249473, -89.562717933755, 141.93776101232], [9.3787235395819, -89.539666586688, 141.90057384864], [8.5799208296909, -89.51661523962, 141.86338668496], [7.7811181197999, -89.493563892552, 141.82619952128], [6.9823154099089, -89.470512545485, 141.7890123576], [6.1835127000179, -89.447461198417, 141.75182519392], [5.3847099901269, -89.424409851349, 141.71463803023], [4.5859072802359, -89.401358504282, 141.67745086655], [3.787104570345, -89.378307157214, 141.64026370287], [2.988301860454, -89.355255810146, 141.60307653919], [2.189499150563, -89.332204463079, 141.56588937551], [1.390696440672, -89.309153116011, 141.52870221183], [0.59189373078102, -89.286101768943, 141.49151504815], [-0.20690897911, -89.263050421876, 141.45432788446], [-1.005711689001, -89.239999074808, 141.41714072078], [-1.8045143988919, -89.21694772774, 141.3799535571], [-2.6033171087829, -89.193896380673, 141.34276639342], [-3.4021198186739, -89.170845033605, 141.30557922974], [-4.2009225285649, -89.147793686537, 141.26839206606], [-4.9997252384559, -89.12474233947, 141.23120490238], [-5.7985279483469, -89.101690992402, 141.19401773869], [-6.5973306582379, -89.078639645334, 141.15683057501], [-7.3961333681288, -89.055588298267, 141.11964341133], [-8.1949360780198, -89.032536951199, 141.08245624765], [-8.9937387879108, -89.009485604131, 141.04526908397], [-9.7925414978018, -88.986434257064, 141.00808192029], [-10.591344207693, -88.963382909996, 140.97089475661], [-11.390146917584, -88.940331562928, 140.93370759292], [-12.188949627475, -88.917280215861, 140.89652042924], [-12.987752337366, -88.894228868793, 140.85933326556], [-13.786555047257, -88.871177521725, 140.82214610188], [-14.585357757148, -88.848126174657, 140.7849589382], [-15.384160467039, -88.82507482759, 140.74777177452], [-16.18296317693, -88.802023480522, 140.71058461084], [-16.981765886821, -88.778972133454, 140.67339744715], [-17.780568596712, -88.755920786387, 140.63621028347], [-18.579371306603, -88.732869439319, 140.59902311979], [-19.378174016494, -88.709818092251, 140.56183595611], [-20.176976726385, -88.686766745184, 140.52464879243], [-20.975779436276, -88.663715398116, 140.48746162875], [-21.774582146167, -88.640664051048, 140.45027446507], [-22.573384856058, -88.617612703981, 140.41308730138], [-23.372187565949, -88.594561356913, 140.3759001377], [-24.17099027584, -88.571510009845, 140.33871297402], [-24.969792985731, -88.548458662778, 140.30152581034], [-25.768595695622, -88.52540731571, 140.26433864666], [-26.567398405513, -88.502355968642, 140.22715148298], [-27.366201115403, -88.479304621575, 140.1899643193], [-28.165003825294, -88.456253274507, 140.15277715561], [-28.963806535185, -88.433201927439, 140.11558999193], [-29.762609245076, -88.410150580372, 140.07840282825], [-30.561411954967, -88.387099233304, 140.04121566457], [-31.360214664858, -88.364047886236, 140.00402850089], [-32.159017374749, -88.340996539169, 139.96684133721], [-32.95782008464, -88.317945192101, 139.92965417353], [-33.756622794531, -88.294893845033, 139.89246700984], [-34.555425504422, -88.271842497966, 139.85527984616], [-35.354228214313, -88.248791150898, 139.81809268248], [-36.153030924204, -88.22573980383, 139.7809055188], [-36.951833634095, -88.202688456763, 139.74371835512], [-37.750636343986, -88.179637109695, 139.70653119144], [-38.549439053877, -88.156585762627, 139.66934402776], [-39.348241763768, -88.133534415559, 139.63215686407], [-40.147044473659, -88.110483068492, 139.59496970039], [-40.94584718355, -88.087431721424, 139.55778253671], [-41.744649893441, -88.064380374356, 139.52059537303], [-42.543452603332, -88.041329027289, 139.48340820935], [-43.342255313223, -88.018277680221, 139.44622104567], [-44.141058023114, -87.995226333153, 139.40903388199], [-44.939860733005, -87.972174986086, 139.3718467183], [-45.738663442896, -87.949123639018, 139.33465955462], [-46.537466152787, -87.92607229195, 139.29747239094], [-47.336268862678, -87.903020944883, 139.26028522726], [-48.135071572569, -87.879969597815, 139.22309806358], [-48.93387428246, -87.856918250747, 139.1859108999], [-49.732676992351, -87.83386690368, 139.14872373622], [-50.531479702242, -87.810815556612, 139.11153657253], [-51.330282412133, -87.787764209544, 139.07434940885], [-52.129085122024, -87.764712862477, 139.03716224517], [-52.927887831915, -87.741661515409, 138.99997508149], [-53.726690541806, -87.718610168341, 138.96278791781], [-54.525493251697, -87.695558821274, 138.92560075413], [-55.324295961588, -87.672507474206, 138.88841359045], [-56.123098671479, -87.649456127138, 138.85122642676], [-56.92190138137, -87.626404780071, 138.81403926308], [-57.720704091261, -87.603353433003, 138.7768520994], [-58.519506801152, -87.580302085935, 138.73966493572], [-59.318309511043, -87.557250738868, 138.70247777204], [-60.117112220934, -87.5341993918, 138.66529060836], [-60.915914930825, -87.511148044732, 138.62810344468], [-61.714717640716, -87.488096697665, 138.59091628099], [-62.513520350607, -87.465045350597, 138.55372911731], [-63.312323060498, -87.441994003529, 138.51654195363], [-64.111125770389, -87.418942656462, 138.47935478995], [-64.90992848028, -87.395891309394, 138.44216762627], [-65.708731190171, -87.372839962326, 138.40498046259], [-66.507533900062, -87.349788615259, 138.36779329891], [-67.306336609953, -87.326737268191, 138.33060613522], [-68.105139319844, -87.303685921123, 138.29341897154], [-68.903942029735, -87.280634574055, 138.25623180786], [-69.702744739626, -87.257583226988, 138.21904464418], [-70.501547449517, -87.23453187992, 138.1818574805], [-71.300350159408, -87.211480532852, 138.14467031682], [-72.099152869299, -87.188429185785, 138.10748315314], [-72.89795557919, -87.165377838717, 138.07029598945], [-73.696758289081, -87.142326491649, 138.03310882577], [-74.495560998972, -87.119275144582, 137.99592166209], [-75.294363708863, -87.096223797514, 137.95873449841], [-76.093166418754, -87.073172450446, 137.92154733473], [-76.891969128645, -87.050121103379, 137.88436017105], [-77.690771838536, -87.027069756311, 137.84717300737], [-78.489574548427, -87.004018409243, 137.80998584368], [-79.288377258318, -86.980967062176, 137.77279868], [-80.087179968209, -86.957915715108, 137.73561151632], [-80.8859826781, -86.93486436804, 137.69842435264], [-81.684785387991, -86.911813020973, 137.66123718896], [-82.483588097882, -86.888761673905, 137.62405002528], [-83.282390807773, -86.865710326837, 137.5868628616], [-84.081193517663, -86.84265897977, 137.54967569791], [-84.879996227554, -86.819607632702, 137.51248853423], [-85.678798937445, -86.796556285634, 137.47530137055], [-86.477601647336, -86.773504938567, 137.43811420687], [-87.276404357227, -86.750453591499, 137.40092704319], [-88.075207067118, -86.727402244431, 137.36373987951], [-88.874009777009, -86.704350897364, 137.32655271583], [-89.6728124869, -86.681299550296, 137.28936555214], [-90.471615196791, -86.658248203228, 137.25217838846], [-91.270417906682, -86.635196856161, 137.21499122478], [-92.069220616573, -86.612145509093, 137.1778040611], [-92.868023326464, -86.589094162025, 137.14061689742], [-93.666826036355, -86.566042814957, 137.10342973374], [-94.465628746246, -86.54299146789, 137.06624257006], [-95.264431456137, -86.519940120822, 137.02905540637], [-96.063234166028, -86.496888773754, 136.99186824269], [-96.862036875919, -86.473837426687, 136.95468107901], [-97.66083958581, -86.450786079619, 136.91749391533], [-98.459642295701, -86.427734732551, 136.88030675165], [-99.258445005592, -86.404683385484, 136.84311958797], [-100.05724771548, -86.381632038416, 136.80593242429], [-100.85605042537, -86.358580691348, 136.7687452606], [-101.65485313527, -86.335529344281, 136.73155809692], [-102.45365584516, -86.312477997213, 136.69437093324], [-103.25245855505, -86.289426650145, 136.65718376956], [-104.05126126494, -86.266375303078, 136.61999660588], [-104.85006397483, -86.24332395601, 136.5828094422], [-105.64886668472, -86.220272608942, 136.54562227852], [-106.44766939461, -86.197221261875, 136.50843511483], [-107.2464721045, -86.174169914807, 136.47124795115], [-108.04527481439, -86.151118567739, 136.43406078747], [-108.84407752428, -86.128067220672, 136.39687362379], [-109.64288023418, -86.105015873604, 136.35968646011], [-110.44168294407, -86.081964526536, 136.32249929643], [-111.24048565396, -86.058913179469, 136.28531213275], [-112.03928836385, -86.035861832401, 136.24812496906], [-112.83809107374, -86.012810485333, 136.21093780538], [-113.63689378363, -85.989759138266, 136.1737506417], [-114.43569649352, -85.966707791198, 136.13656347802]], "InstanceCreationTime": ["174201.218000", "174201.218000", "174201.218000", "174201.218000", "174201.218000", "174201.218000", "174201.203000", "174201.203000", "174201.203000", "174201.203000", "174201.203000", "174201.187000", "174200.984000", "174200.984000", "174200.984000", "174200.984000", "174200.968000", "174200.968000", "174200.968000", "174200.968000", "174200.968000", "174200.968000", "174200.968000", "174200.968000", "174200.953000", "174200.953000", "174200.953000", "174200.953000", "174200.953000", "174200.937000", "174200.937000", "174200.937000", "174200.937000", "174200.937000", "174200.921000", "174200.921000", "174200.921000", "174200.906000", "174200.906000", "174200.906000", "174200.906000", "174200.906000", "174200.906000", "174200.906000", "174200.890000", "174200.890000", "174200.890000", "174200.890000", "174200.890000", "174200.890000", "174200.890000", "174200.890000", "174200.875000", "174200.875000", "174200.875000", "174200.875000", "174200.875000", "174200.875000", "174200.859000", "174200.859000", "174200.859000", "174200.859000", "174200.859000", "174200.859000", "174200.859000", "174200.859000", "174200.843000", "174200.843000", "174200.843000", "174200.843000", "174200.843000", "174200.843000", "174200.843000", "174200.843000", "174200.828000", "174200.828000", "174200.828000", "174200.828000", "174200.828000", "174200.828000", "174200.812000", "174200.812000", "174200.812000", "174200.812000", "174200.812000", "174200.812000", "174200.796000", "174200.796000", "174200.796000", "174200.796000", "174200.796000", "174200.796000", "174200.796000", "174200.796000", "174200.781000", "174200.781000", "174200.781000", "174200.781000", "174200.781000", "174200.781000", "174200.781000", "174200.765000", "174200.765000", "174200.765000", "174200.765000", "174200.765000", "174200.765000", "174200.765000", "174200.765000", "174200.750000", "174200.750000", "174200.750000", "174200.734000", "174200.734000", "174200.734000", "174200.734000", "174200.734000", "174200.734000", "174200.734000", "174200.718000", "174200.687000", "174200.687000", "174200.687000", "174200.687000", "174200.687000", "174200.687000", "174200.687000", "174200.671000", "174200.671000", "174200.671000", "174200.671000", "174200.671000", "174200.656000", "174200.656000", "174200.656000", "174200.656000", "174200.656000", "174200.656000", "174200.656000", "174200.656000", "174200.640000", "174200.640000", "174200.640000", "174200.640000", "174200.640000", "174200.640000", "174200.640000", "174200.625000", "174200.625000", "174200.625000", "174200.609000", "174200.609000", "174200.609000", "174200.609000", "174200.609000", "174200.609000", "174200.609000", "174200.593000", "174200.593000", "174200.593000", "174200.578000", "174200.578000", "174200.578000", "174200.578000", "174200.578000", "174200.578000", "174200.562000", "174200.562000", "174200.562000", "174200.562000", "174200.562000", "174200.562000", "174200.546000", "174200.546000", "174200.546000", "174200.546000", "174200.546000", "174200.546000", "174200.546000", "174200.546000", "174200.531000", "174200.531000", "174200.531000", "174200.531000", "174200.531000", "174200.531000", "174200.531000", "174200.531000", "174200.515000", "174200.515000", "174200.515000", "174200.515000", "174200.515000", "174200.515000", "174200.515000", "174200.515000", "174200.500000", "174200.500000", "174200.500000", "174200.500000", "174200.500000", "174200.500000", "174200.500000", "174200.500000", "174200.484000", "174200.484000", "174200.484000", "174200.484000", "174200.484000", "174200.484000", "174200.468000", "174200.468000", "174152.109000", "174152.093000", "174152.093000", "174152.093000", "174152.093000", "174152.093000", "174152.093000", "174152.093000", "174152.093000", "174152.093000", "174152.078000", "174152.078000", "174152.078000", "174152.078000", "174152.078000", "174152.078000", "174152.062000", "174152.062000", "174152.062000", "174152.062000", "174152.062000", "174152.046000", "174152.046000", "174152.046000", "174152.031000", "174152.031000", "174152.031000", "174152.031000", "174152.031000", "174152.031000", "174152.031000", "174152.015000", "174152.015000", "174152.015000", "174152.015000", "174152.015000", "174152.015000", "174152.015000", "174152.015000", "174152.000000", "174152.000000", "174152.000000", "174152.000000", "174152.000000"], "InstanceNumber": [256, 255, 254, 253, 252, 251, 250, 249, 248, 247, 246, 245, 244, 243, 242, 241, 240, 239, 238, 237, 236, 235, 234, 233, 232, 231, 230, 229, 228, 227, 226, 225, 224, 223, 222, 221, 220, 219, 218, 217, 216, 215, 214, 213, 212, 211, 210, 209, 208, 207, 206, 205, 204, 203, 202, 201, 200, 199, 198, 197, 196, 195, 194, 193, 192, 191, 190, 189, 188, 187, 186, 185, 184, 183, 182, 181, 180, 179, 178, 177, 176, 175, 174, 173, 172, 171, 170, 169, 168, 167, 166, 165, 164, 163, 162, 161, 160, 159, 158, 157, 156, 155, 154, 153, 152, 151, 150, 149, 148, 147, 146, 145, 144, 143, 142, 141, 140, 139, 138, 137, 136, 135, 134, 133, 132, 131, 130, 129, 128, 127, 126, 125, 124, 123, 122, 121, 120, 119, 118, 117, 116, 115, 114, 113, 112, 111, 110, 109, 108, 107, 106, 105, 104, 103, 102, 101, 100, 99, 98, 97, 96, 95, 94, 93, 92, 91, 90, 89, 88, 87, 86, 85, 84, 83, 82, 81, 80, 79, 78, 77, 76, 75, 74, 73, 72, 71, 70, 69, 68, 67, 66, 65, 64, 63, 62, 61, 60, 59, 58, 57, 56, 55, 54, 53, 52, 51, 50, 49, 48, 47, 46, 45, 44, 43, 42, 41, 40, 39, 38, 37, 36, 35, 34, 33, 32, 31, 30, 29, 28, 27, 26, 25, 24, 23, 22, 21, 20, 19, 18, 17, 16, 15, 14, 13, 12, 11, 10, 9, 8, 7, 6, 5, 4, 3, 2, 1], "LargestImagePixelValue": [101, 106, 109, 94, 267, 355, 399, 529, 576, 682, 546, 473, 450, 509, 557, 550, 680, 842, 794, 1004, 706, 1184, 1878, 2911, 2591, 2171, 2126, 1940, 1747, 1844, 1772, 1531, 1483, 1429, 1579, 1576, 1610, 1767, 1835, 2085, 1969, 1690, 1620, 1599, 1814, 1761, 1589, 1503, 1371, 1393, 1265, 1290, 1314, 1296, 1344, 1313, 1313, 1315, 1285, 1274, 1286, 1381, 1372, 1459, 1669, 1641, 1661, 1670, 1732, 1758, 2716, 2840, 2736, 2892, 2909, 2884, 3067, 3133, 3278, 3198, 3158, 2996, 3197, 2993, 3176, 3219, 3392, 3436, 3401, 2737, 2649, 3016, 3145, 3225, 2808, 2813, 2293, 2164, 2091, 1995, 2092, 2060, 1993, 2123, 2001, 2155, 1966, 2435, 1917, 2329, 2252, 2228, 2053, 1892, 1806, 2023, 2114, 1794, 1834, 1940, 1807, 1545, 1613, 1760, 1855, 1987, 1822, 1981, 1872, 1747, 2033, 2173, 1646, 1592, 1566, 1573, 1561, 1666, 1631, 1639, 1593, 2070, 1780, 1968, 2004, 1770, 1695, 1747, 1802, 1852, 1954, 1839, 1927, 1928, 1955, 2106, 1954, 2085, 2034, 2058, 1984, 2065, 2221, 2420, 2644, 2801, 2887, 2959, 2968, 2386, 1820, 2379, 3183, 2883, 3020, 3090, 2892, 3039, 2892, 3012, 2824, 2925, 2814, 2854, 2848, 2923, 2998, 2314, 2213, 2316, 2274, 2026, 2036, 1909, 1788, 1580, 1554, 1626, 1598, 1541, 1633, 1472, 1352, 1336, 1355, 1371, 1335, 1432, 1366, 1402, 1505, 1698, 1994, 1975, 1793, 1798, 1669, 1659, 1895, 1913, 1912, 2085, 2012, 2000, 1959, 1928, 2068, 2290, 2396, 2412, 2207, 2069, 2128, 2251, 1516, 1103, 816, 863, 592, 364, 401, 488, 536, 705, 545, 619, 524, 276, 263, 263, 105, 100, 105, 109, 95, 122], "SliceLocation": [98.540800385499, 97.740800373578, 96.940800361657, 96.140800349736, 95.340800337815, 94.540800325894, 93.740800313973, 92.940800302052, 92.140800290131, 91.340800278211, 90.54080026629, 89.740800254369, 88.940800242448, 88.140800230527, 87.340800218606, 86.540800206685, 85.740800194764, 84.940800182843, 84.140800170922, 83.340800159001, 82.54080014708, 81.740800135159, 80.940800123238, 80.140800111318, 79.340800099397, 78.540800087476, 77.740800075555, 76.940800063634, 76.140800051713, 75.340800039792, 74.540800027871, 73.74080001595, 72.940800004029, 72.140799992108, 71.340799980187, 70.540799968266, 69.740799956345, 68.940799944425, 68.140799932504, 67.340799920583, 66.540799908662, 65.740799896741, 64.94079988482, 64.140799872899, 63.340799860978, 62.540799849057, 61.740799837136, 60.940799825215, 60.140799813294, 59.340799801373, 58.540799789452, 57.740799777532, 56.940799765611, 56.14079975369, 55.340799741769, 54.540799729848, 53.740799717927, 52.940799706006, 52.140799694085, 51.340799682164, 50.540799670243, 49.740799658322, 48.940799646401, 48.14079963448, 47.340799622559, 46.540799610639, 45.740799598718, 44.940799586797, 44.140799574876, 43.340799562955, 42.540799551034, 41.740799539113, 40.940799527192, 40.140799515271, 39.34079950335, 38.540799491429, 37.740799479508, 36.940799467587, 36.140799455666, 35.340799443746, 34.540799431825, 33.740799419904, 32.940799407983, 32.140799396062, 31.340799384141, 30.54079937222, 29.740799360299, 28.940799348378, 28.140799336457, 27.340799324536, 26.540799312615, 25.740799300694, 24.940799288773, 24.140799276853, 23.340799264932, 22.540799253011, 21.74079924109, 20.940799229169, 20.140799217248, 19.340799205327, 18.540799193406, 17.740799181485, 16.940799169564, 16.140799157643, 15.340799145722, 14.540799133801, 13.74079912188, 12.94079910996, 12.140799098039, 11.340799086118, 10.540799074197, 9.7407990622758, 8.9407990503549, 8.140799038434, 7.340799026513, 6.5407990145921, 5.7407990026712, 4.9407989907502, 4.1407989788293, 3.3407989669084, 2.5407989549875, 1.7407989430665, 0.9407989311456, 0.14079891922467, -0.6592010926963, -1.4592011046172, -2.2592011165381, -3.059201128459, -3.85920114038, -4.6592011523009, -5.4592011642218, -6.2592011761428, -7.0592011880637, -7.8592011999846, -8.6592012119055, -9.4592012238265, -10.259201235747, -11.059201247668, -11.859201259589, -12.65920127151, -13.459201283431, -14.259201295352, -15.059201307273, -15.859201319194, -16.659201331115, -17.459201343036, -18.259201354957, -19.059201366878, -19.859201378799, -20.659201390719, -21.45920140264, -22.259201414561, -23.059201426482, -23.859201438403, -24.659201450324, -25.459201462245, -26.259201474166, -27.059201486087, -27.859201498008, -28.659201509929, -29.45920152185, -30.259201533771, -31.059201545692, -31.859201557612, -32.659201569533, -33.459201581454, -34.259201593375, -35.059201605296, -35.859201617217, -36.659201629138, -37.459201641059, -38.25920165298, -39.059201664901, -39.859201676822, -40.659201688743, -41.459201700664, -42.259201712585, -43.059201724505, -43.859201736426, -44.659201748347, -45.459201760268, -46.259201772189, -47.05920178411, -47.859201796031, -48.659201807952, -49.459201819873, -50.259201831794, -51.059201843715, -51.859201855636, -52.659201867557, -53.459201879478, -54.259201891398, -55.059201903319, -55.85920191524, -56.659201927161, -57.459201939082, -58.259201951003, -59.059201962924, -59.859201974845, -60.659201986766, -61.459201998687, -62.259202010608, -63.059202022529, -63.85920203445, -64.659202046371, -65.459202058291, -66.259202070212, -67.059202082133, -67.859202094054, -68.659202105975, -69.459202117896, -70.259202129817, -71.059202141738, -71.859202153659, -72.65920216558, -73.459202177501, -74.259202189422, -75.059202201343, -75.859202213264, -76.659202225185, -77.459202237105, -78.259202249026, -79.059202260947, -79.859202272868, -80.659202284789, -81.45920229671, -82.259202308631, -83.059202320552, -83.859202332473, -84.659202344394, -85.459202356315, -86.259202368236, -87.059202380157, -87.859202392078, -88.659202403998, -89.459202415919, -90.25920242784, -91.059202439761, -91.859202451682, -92.659202463603, -93.459202475524, -94.259202487445, -95.059202499366, -95.859202511287, -96.659202523208, -97.459202535129, -98.25920254705, -99.059202558971, -99.859202570891, -100.65920258281, -101.45920259473, -102.25920260665, -103.05920261858, -103.8592026305, -104.65920264242, -105.45920265434], "WindowCenter": [42.0, 42.0, 42.0, 42.0, 50.0, 56.0, 63.0, 71.0, 76.0, 83.0, 74.0, 70.0, 71.0, 77.0, 79.0, 81.0, 90.0, 102.0, 100.0, 112.0, 98.0, 147.0, 445.0, 555.0, 529.0, 504.0, 547.0, 553.0, 512.0, 526.0, 546.0, 563.0, 589.0, 591.0, 596.0, 610.0, 626.0, 640.0, 646.0, 649.0, 648.0, 647.0, 645.0, 643.0, 643.0, 647.0, 648.0, 648.0, 655.0, 662.0, 668.0, 679.0, 689.0, 700.0, 708.0, 717.0, 726.0, 732.0, 738.0, 744.0, 748.0, 753.0, 760.0, 768.0, 777.0, 786.0, 795.0, 804.0, 811.0, 818.0, 829.0, 834.0, 839.0, 844.0, 850.0, 857.0, 865.0, 871.0, 879.0, 888.0, 896.0, 904.0, 913.0, 924.0, 934.0, 943.0, 951.0, 959.0, 963.0, 964.0, 967.0, 971.0, 976.0, 982.0, 982.0, 980.0, 976.0, 974.0, 973.0, 974.0, 975.0, 976.0, 976.0, 978.0, 980.0, 982.0, 985.0, 988.0, 989.0, 991.0, 993.0, 994.0, 991.0, 988.0, 985.0, 981.0, 977.0, 971.0, 967.0, 962.0, 957.0, 949.0, 942.0, 929.0, 913.0, 895.0, 867.0, 853.0, 866.0, 887.0, 903.0, 922.0, 934.0, 943.0, 952.0, 960.0, 969.0, 975.0, 978.0, 981.0, 983.0, 987.0, 990.0, 992.0, 993.0, 993.0, 993.0, 993.0, 991.0, 990.0, 989.0, 988.0, 987.0, 985.0, 982.0, 981.0, 978.0, 977.0, 976.0, 976.0, 976.0, 977.0, 978.0, 980.0, 982.0, 982.0, 979.0, 972.0, 963.0, 952.0, 943.0, 936.0, 930.0, 922.0, 915.0, 910.0, 903.0, 899.0, 895.0, 890.0, 883.0, 875.0, 868.0, 860.0, 853.0, 847.0, 839.0, 829.0, 820.0, 811.0, 802.0, 792.0, 783.0, 775.0, 768.0, 762.0, 757.0, 750.0, 742.0, 736.0, 730.0, 719.0, 708.0, 697.0, 684.0, 673.0, 667.0, 667.0, 670.0, 671.0, 675.0, 678.0, 683.0, 685.0, 685.0, 679.0, 672.0, 667.0, 665.0, 641.0, 621.0, 623.0, 622.0, 599.0, 585.0, 563.0, 556.0, 559.0, 561.0, 551.0, 556.0, 552.0, 498.0, 406.0, 177.0, 123.0, 100.0, 102.0, 84.0, 68.0, 72.0, 79.0, 85.0, 97.0, 84.0, 89.0, 76.0, 57.0, 53.0, 52.0, 45.0, 44.0, 43.0, 43.0, 43.0, 43.0], "WindowWidth": [112.0, 113.0, 114.0, 114.0, 138.0, 158.0, 178.0, 199.0, 212.0, 228.0, 205.0, 196.0, 204.0, 219.0, 221.0, 227.0, 248.0, 276.0, 275.0, 297.0, 273.0, 387.0, 850.0, 1137.0, 1042.0, 975.0, 1102.0, 1133.0, 1030.0, 1070.0, 1133.0, 1185.0, 1266.0, 1269.0, 1280.0, 1317.0, 1360.0, 1392.0, 1397.0, 1399.0, 1393.0, 1386.0, 1380.0, 1371.0, 1369.0, 1372.0, 1370.0, 1369.0, 1380.0, 1391.0, 1402.0, 1421.0, 1437.0, 1455.0, 1468.0, 1483.0, 1497.0, 1506.0, 1516.0, 1525.0, 1530.0, 1536.0, 1545.0, 1556.0, 1571.0, 1587.0, 1602.0, 1617.0, 1630.0, 1643.0, 1665.0, 1671.0, 1673.0, 1681.0, 1688.0, 1698.0, 1710.0, 1718.0, 1729.0, 1739.0, 1749.0, 1757.0, 1772.0, 1788.0, 1808.0, 1828.0, 1841.0, 1863.0, 1866.0, 1854.0, 1858.0, 1874.0, 1901.0, 1924.0, 1919.0, 1900.0, 1866.0, 1853.0, 1854.0, 1857.0, 1858.0, 1858.0, 1859.0, 1863.0, 1862.0, 1861.0, 1858.0, 1858.0, 1847.0, 1845.0, 1847.0, 1840.0, 1833.0, 1829.0, 1831.0, 1833.0, 1834.0, 1827.0, 1823.0, 1817.0, 1808.0, 1798.0, 1786.0, 1763.0, 1739.0, 1721.0, 1678.0, 1659.0, 1680.0, 1713.0, 1740.0, 1771.0, 1784.0, 1796.0, 1806.0, 1815.0, 1828.0, 1835.0, 1836.0, 1833.0, 1828.0, 1834.0, 1833.0, 1829.0, 1830.0, 1829.0, 1826.0, 1828.0, 1833.0, 1831.0, 1835.0, 1838.0, 1845.0, 1850.0, 1851.0, 1852.0, 1848.0, 1851.0, 1851.0, 1850.0, 1849.0, 1853.0, 1862.0, 1881.0, 1900.0, 1912.0, 1910.0, 1890.0, 1859.0, 1826.0, 1799.0, 1789.0, 1789.0, 1776.0, 1765.0, 1762.0, 1753.0, 1753.0, 1750.0, 1744.0, 1736.0, 1725.0, 1716.0, 1707.0, 1697.0, 1692.0, 1683.0, 1661.0, 1647.0, 1634.0, 1617.0, 1598.0, 1583.0, 1570.0, 1560.0, 1552.0, 1548.0, 1537.0, 1526.0, 1516.0, 1506.0, 1486.0, 1467.0, 1448.0, 1424.0, 1406.0, 1401.0, 1405.0, 1416.0, 1422.0, 1436.0, 1446.0, 1457.0, 1466.0, 1471.0, 1464.0, 1455.0, 1447.0, 1451.0, 1394.0, 1350.0, 1367.0, 1374.0, 1301.0, 1257.0, 1180.0, 1155.0, 1161.0, 1165.0, 1130.0, 1146.0, 1126.0, 974.0, 807.0, 457.0, 339.0, 279.0, 278.0, 230.0, 190.0, 203.0, 225.0, 246.0, 273.0, 244.0, 248.0, 209.0, 158.0, 146.0, 142.0, 121.0, 120.0, 116.0, 115.0, 115.0, 114.0]}}}