{"AcquisitionMatrixPE": 96, "AcquisitionNumber": 1, "AcquisitionTime": "07:22:28.912500", "BandwidthPerPixelPhaseEncode": 33.602, "BaseResolution": 96, "BodyPartExamined": "BRAIN", "ConsistencyInfo": "N4_VD11D_LATEST_20110129", "ConversionSoftware": "dcm2niix", "ConversionSoftwareVersion": "v1.0.20210317", "DerivedVendorReportedEchoSpacing": 0.000620003, "DeviceSerialNumber": "45239", "DwellTime": 2.6e-06, "EchoTime": 0.03, "EchoTrainLength": 48, "EffectiveEchoSpacing": 0.000310001, "FlipAngle": 63, "ImageComments": "Unaliased MB4/PE3", "ImageOrientationPatientDICOM": [0.999003, 0.0174692, 0.0410749, 0.00946917, 0.81634, -0.577494], "ImageType": ["ORIGINAL", "PRIMARY", "M", "ND", "NORM", "MOSAIC"], "ImagingFrequency": 123.193, "InPlanePhaseEncodingDirectionDICOM": "COL", "InstitutionAddress": "E 24th St. 100,Austin,Southmiddle,US,78712", "InstitutionName": "Univ of Texas at Austin", "InstitutionalDepartmentName": "IRC", "MRAcquisitionType": "2D", "MagneticFieldStrength": 3, "Manufacturer": "Siemens", "ManufacturersModelName": "Skyra", "Modality": "MR", "MultibandAccelerationFactor": 4, "ParallelReductionFactorInPlane": 2, "PartialFourier": 1, "PatientPosition": "HFS", "PercentPhaseFOV": 100, "PercentSampling": 100, "PhaseEncodingDirection": "j-", "PhaseEncodingSteps": 96, "PhaseResolution": 1, "PixelBandwidth": 2005, "ProcedureStepDescription": "Poldrack2^self-scanning", "ProtocolName": "Resting State fMRI MBEPI_matrix96_BW2004", "PulseSequenceDetails": "%CustomerSeq%\\cmrr_mbep2d_bold", "ReceiveCoilActiveElements": "HEA;HEP", "ReceiveCoilName": "Head_32", "ReconMatrixPE": 96, "RefLinesPE": 94, "RepetitionTime": 1.16, "SAR": 0.0961029, "ScanOptions": "FS", "ScanningSequence": "EP", "SequenceName": "epfid2d1_96", "SequenceVariant": "SK", "SeriesDescription": "Resting State fMRI MBEPI_matrix96_BW2004", "SeriesNumber": 9, "ShimSetting": [-2799, 8079, -15450, 153, -297, 136, 183, -67], "SliceThickness": 2, "SliceTiming": [0, 0.5, 0.9975, 0.3575, 0.855, 0.215, 0.7125, 0.0725, 0.57, 1.0675, 0.4275, 0.925, 0.285, 0.7825, 0.1425, 0.64, 0, 0.5, 0.9975, 0.3575, 0.855, 0.215, 0.7125, 0.0725, 0.57, 1.0675, 0.4275, 0.925, 0.285, 0.7825, 0.1425, 0.64, 0, 0.5, 0.9975, 0.3575, 0.855, 0.215, 0.7125, 0.0725, 0.57, 1.0675, 0.4275, 0.925, 0.285, 0.7825, 0.1425, 0.64, 0, 0.5, 0.9975, 0.3575, 0.855, 0.215, 0.7125, 0.0725, 0.57, 1.0675, 0.4275, 0.925, 0.285, 0.7825, 0.1425, 0.64], "SoftwareVersions": "syngo MR D11", "SpacingBetweenSlices": 2.4, "StationName": "AWP45239", "TaskName": "Resting fmri", "TotalReadoutTime": 0.0294501, "TxRefAmp": 329.035, "WipMemBlock": "dec1c6c2-8769-4b2d-b002-4655a76ed7a9||Sequence: VD11D r195; Nov 21 2012 15:36:10 by eja", "dcmmeta_affine": [[-2.3934454917907715, 0.0226865503937006, 0.10468655824661255, 112.79561614990234], [-0.041853200644254684, 1.9558141231536865, -1.3855383396148682, -67.8225326538086], [0.09840855747461319, 1.383579969406128, 1.9568660259246826, -92.434814453125], [0.0, 0.0, 0.0, 1.0]], "dcmmeta_reorient_transform": [[0.0, -1.0, 0.0, 95.0], [1.0, 0.0, 0.0, 0.0], [0.0, 0.0, 1.0, 0.0], [0.0, 0.0, 0.0, 1.0]], "dcmmeta_shape": [96, 96, 64, 518], "dcmmeta_slice_dim": 2, "dcmmeta_version": 0.6, "global": {"const": {"AcquisitionMatrix": [96, 0, 0, 96], "AngioFlag": "N", "BitsAllocated": 16, "BitsStored": 16, "BodyPartExamined": "BRAIN", "Columns": 768, "EchoNumbers": 1, "EchoTime": 30.0, "EchoTrainLength": 48, "FlipAngle": 63.0, "HighBit": 15, "ImageOrientationPatient": [0.99900334478136, 0.01746916242633, 0.04107487650361, 0.00946916913154, 0.81633983748076, -0.5774942463591], "ImagePositionPatient": [-926.7711850383, -789.1960322702, 470.82285673801], "ImageType": ["ORIGINAL", "PRIMARY", "M", "ND", "NORM", "MOSAIC"], "ImagedNucleus": "1H", "ImagingFrequency": 123.193464, "InPlanePhaseEncodingDirection": "COL", "MRAcquisitionType": "2D", "MagneticFieldStrength": 3.0, "Manufacturer": "SIEMENS", "ManufacturerModelName": "Skyra", "Modality": "MR", "NumberOfAverages": 1.0, "NumberOfPhaseEncodingSteps": 96, "PercentPhaseFieldOfView": 100.0, "PercentSampling": 100.0, "PerformedProcedureStepStartTime": "070830.765000", "PhotometricInterpretation": "MONOCHROME2", "PixelBandwidth": 2005.0, "PixelRepresentation": 0, "PixelSpacing": [2.3958332538605, 2.3958332538605], "ProtocolName": "Resting State fMRI MBEPI_matrix96_BW2004", "RepetitionTime": 1160.0, "Rows": 768, "SAR": 0.09610286024117, "SamplesPerPixel": 1, "ScanOptions": "FS", "ScanningSequence": "EP", "SequenceName": "epfid2d1_96", "SequenceVariant": "SK", "SeriesDescription": "Resting State fMRI MBEPI_matrix96_BW2004", "SeriesNumber": 9, "SeriesTime": "072311.859000", "SliceLocation": -31.293182339661, "SliceThickness": 2.0, "SmallestImagePixelValue": 0, "SoftwareVersions": "syngo MR D11", "SpacingBetweenSlices": 2.4000000286958, "SpecificCharacterSet": "ISO_IR 100", "StudyID": "1", "StudyTime": "070830.734000", "TransmitCoilName": "Body", "VariableFlipAngleFlag": "N", "WindowCenterWidthExplanation": "Algo1", "dBdt": 0.0}, "slices": {}}, "time": {"samples": {"AcquisitionNumber": [1, 2, 3, 4, 5, 6, 7, 8, 9, 10, 11, 12, 13, 14, 15, 16, 17, 18, 19, 20, 21, 22, 23, 24, 25, 26, 27, 28, 29, 30, 31, 32, 33, 34, 35, 36, 37, 38, 39, 40, 41, 42, 43, 44, 45, 46, 47, 48, 49, 50, 51, 52, 53, 54, 55, 56, 57, 58, 59, 60, 61, 62, 63, 64, 65, 66, 67, 68, 69, 70, 71, 72, 73, 74, 75, 76, 77, 78, 79, 80, 81, 82, 83, 84, 85, 86, 87, 88, 89, 90, 91, 92, 93, 94, 95, 96, 97, 98, 99, 100, 101, 102, 103, 104, 105, 106, 107, 108, 109, 110, 111, 112, 113, 114, 115, 116, 117, 118, 119, 120, 121, 122, 123, 124, 125, 126, 127, 128, 129, 130, 131, 132, 133, 134, 135, 136, 137, 138, 139, 140, 141, 142, 143, 144, 145, 146, 147, 148, 149, 150, 151, 152, 153, 154, 155, 156, 157, 158, 159, 160, 161, 162, 163, 164, 165, 166, 167, 168, 169, 170, 171, 172, 173, 174, 175, 176, 177, 178, 179, 180, 181, 182, 183, 184, 185, 186, 187, 188, 189, 190, 191, 192, 193, 194, 195, 196, 197, 198, 199, 200, 201, 202, 203, 204, 205, 206, 207, 208, 209, 210, 211, 212, 213, 214, 215, 216, 217, 218, 219, 220, 221, 222, 223, 224, 225, 226, 227, 228, 229, 230, 231, 232, 233, 234, 235, 236, 237, 238, 239, 240, 241, 242, 243, 244, 245, 246, 247, 248, 249, 250, 251, 252, 253, 254, 255, 256, 257, 258, 259, 260, 261, 262, 263, 264, 265, 266, 267, 268, 269, 270, 271, 272, 273, 274, 275, 276, 277, 278, 279, 280, 281, 282, 283, 284, 285, 286, 287, 288, 289, 290, 291, 292, 293, 294, 295, 296, 297, 298, 299, 300, 301, 302, 303, 304, 305, 306, 307, 308, 309, 310, 311, 312, 313, 314, 315, 316, 317, 318, 319, 320, 321, 322, 323, 324, 325, 326, 327, 328, 329, 330, 331, 332, 333, 334, 335, 336, 337, 338, 339, 340, 341, 342, 343, 344, 345, 346, 347, 348, 349, 350, 351, 352, 353, 354, 355, 356, 357, 358, 359, 360, 361, 362, 363, 364, 365, 366, 367, 368, 369, 370, 371, 372, 373, 374, 375, 376, 377, 378, 379, 380, 381, 382, 383, 384, 385, 386, 387, 388, 389, 390, 391, 392, 393, 394, 395, 396, 397, 398, 399, 400, 401, 402, 403, 404, 405, 406, 407, 408, 409, 410, 411, 412, 413, 414, 415, 416, 417, 418, 419, 420, 421, 422, 423, 424, 425, 426, 427, 428, 429, 430, 431, 432, 433, 434, 435, 436, 437, 438, 439, 440, 441, 442, 443, 444, 445, 446, 447, 448, 449, 450, 451, 452, 453, 454, 455, 456, 457, 458, 459, 460, 461, 462, 463, 464, 465, 466, 467, 468, 469, 470, 471, 472, 473, 474, 475, 476, 477, 478, 479, 480, 481, 482, 483, 484, 485, 486, 487, 488, 489, 490, 491, 492, 493, 494, 495, 496, 497, 498, 499, 500, 501, 502, 503, 504, 505, 506, 507, 508, 509, 510, 511, 512, 513, 514, 515, 516, 517, 518], "AcquisitionTime": ["072228.912500", "072257.912500", "072259.072500", "072300.232500", "072301.392500", "072302.552500", "072303.712500", "072304.872500", "072306.032500", "072307.192500", "072308.352500", "072309.512500", "072310.672500", "072311.832500", "072312.992500", "072314.152500", "072315.312500", "072316.472500", "072317.632500", "072318.792500", "072319.952500", "072321.112500", "072322.272500", "072323.432500", "072324.592500", "072325.752500", "072326.912500", "072328.072500", "072329.232500", "072330.392500", "072331.552500", "072332.712500", "072333.872500", "072335.032500", "072336.192500", "072337.352500", "072338.512500", "072339.672500", "072340.832500", "072341.992500", "072343.152500", "072344.312500", "072345.472500", "072346.632500", "072347.792500", "072348.952500", "072350.112500", "072351.272500", "072352.432500", "072353.592500", "072354.752500", "072355.912500", "072357.072500", "072358.232500", "072359.392500", "072400.552500", "072401.712500", "072402.872500", "072404.032500", "072405.192500", "072406.352500", "072407.512500", "072408.672500", "072409.832500", "072410.992500", "072412.152500", "072413.312500", "072414.472500", "072415.632500", "072416.792500", "072417.952500", "072419.112500", "072420.272500", "072421.432500", "072422.592500", "072423.752500", "072424.912500", "072426.072500", "072427.232500", "072428.392500", "072429.552500", "072430.712500", "072431.872500", "072433.032500", "072434.192500", "072435.352500", "072436.512500", "072437.672500", "072438.832500", "072439.992500", "072441.152500", "072442.312500", "072443.472500", "072444.632500", "072445.792500", "072446.952500", "072448.112500", "072449.272500", "072450.432500", "072451.592500", "072452.752500", "072453.912500", "072455.075000", "072456.235000", "072457.395000", "072458.555000", "072459.715000", "072500.875000", "072502.035000", "072503.195000", "072504.355000", "072505.515000", "072506.675000", "072507.835000", "072508.995000", "072510.155000", "072511.315000", "072512.475000", "072513.635000", "072514.795000", "072515.955000", "072517.115000", "072518.275000", "072519.435000", "072520.595000", "072521.755000", "072522.915000", "072524.075000", "072525.235000", "072526.395000", "072527.555000", "072528.715000", "072529.875000", "072531.035000", "072532.195000", "072533.355000", "072534.515000", "072535.675000", "072536.835000", "072537.995000", "072539.155000", "072540.315000", "072541.475000", "072542.635000", "072543.795000", "072544.955000", "072546.115000", "072547.275000", "072548.435000", "072549.595000", "072550.755000", "072551.915000", "072553.075000", "072554.235000", "072555.395000", "072556.555000", "072557.715000", "072558.875000", "072600.035000", "072601.195000", "072602.355000", "072603.515000", "072604.675000", "072605.835000", "072606.995000", "072608.155000", "072609.315000", "072610.475000", "072611.635000", "072612.795000", "072613.955000", "072615.115000", "072616.275000", "072617.435000", "072618.595000", "072619.755000", "072620.915000", "072622.075000", "072623.235000", "072624.395000", "072625.555000", "072626.715000", "072627.875000", "072629.035000", "072630.195000", "072631.355000", "072632.515000", "072633.675000", "072634.835000", "072635.995000", "072637.155000", "072638.315000", "072639.475000", "072640.635000", "072641.795000", "072642.955000", "072644.115000", "072645.275000", "072646.435000", "072647.595000", "072648.755000", "072649.915000", "072651.075000", "072652.235000", "072653.395000", "072654.555000", "072655.715000", "072656.875000", "072658.035000", "072659.195000", "072700.355000", "072701.515000", "072702.675000", "072703.835000", "072704.995000", "072706.155000", "072707.315000", "072708.475000", "072709.635000", "072710.795000", "072711.955000", "072713.115000", "072714.275000", "072715.435000", "072716.595000", "072717.755000", "072718.915000", "072720.075000", "072721.235000", "072722.395000", "072723.555000", "072724.715000", "072725.875000", "072727.035000", "072728.195000", "072729.355000", "072730.515000", "072731.675000", "072732.835000", "072733.995000", "072735.155000", "072736.315000", "072737.475000", "072738.635000", "072739.795000", "072740.955000", "072742.115000", "072743.275000", "072744.435000", "072745.595000", "072746.755000", "072747.915000", "072749.075000", "072750.235000", "072751.395000", "072752.555000", "072753.715000", "072754.875000", "072756.035000", "072757.195000", "072758.355000", "072759.515000", "072800.675000", "072801.835000", "072802.995000", "072804.155000", "072805.315000", "072806.475000", "072807.635000", "072808.795000", "072809.955000", "072811.115000", "072812.275000", "072813.435000", "072814.595000", "072815.755000", "072816.915000", "072818.075000", "072819.235000", "072820.395000", "072821.555000", "072822.715000", "072823.875000", "072825.035000", "072826.195000", "072827.355000", "072828.515000", "072829.675000", "072830.835000", "072831.995000", "072833.155000", "072834.315000", "072835.475000", "072836.635000", "072837.795000", "072838.955000", "072840.115000", "072841.275000", "072842.435000", "072843.595000", "072844.755000", "072845.915000", "072847.075000", "072848.235000", "072849.395000", "072850.555000", "072851.715000", "072852.875000", "072854.035000", "072855.195000", "072856.355000", "072857.515000", "072858.675000", "072859.835000", "072900.995000", "072902.155000", "072903.315000", "072904.475000", "072905.635000", "072906.795000", "072907.955000", "072909.115000", "072910.275000", "072911.435000", "072912.595000", "072913.755000", "072914.915000", "072916.075000", "072917.235000", "072918.395000", "072919.555000", "072920.715000", "072921.875000", "072923.035000", "072924.195000", "072925.355000", "072926.515000", "072927.675000", "072928.835000", "072929.995000", "072931.155000", "072932.315000", "072933.475000", "072934.635000", "072935.795000", "072936.955000", "072938.115000", "072939.275000", "072940.435000", "072941.595000", "072942.755000", "072943.915000", "072945.077500", "072946.237500", "072947.397500", "072948.557500", "072949.717500", "072950.877500", "072952.037500", "072953.197500", "072954.357500", "072955.517500", "072956.677500", "072957.837500", "072958.997500", "073000.157500", "073001.317500", "073002.477500", "073003.637500", "073004.797500", "073005.957500", "073007.117500", "073008.277500", "073009.437500", "073010.597500", "073011.757500", "073012.917500", "073014.077500", "073015.237500", "073016.397500", "073017.557500", "073018.717500", "073019.877500", "073021.037500", "073022.197500", "073023.357500", "073024.517500", "073025.677500", "073026.837500", "073027.997500", "073029.157500", "073030.317500", "073031.477500", "073032.637500", "073033.797500", "073034.957500", "073036.117500", "073037.277500", "073038.437500", "073039.597500", "073040.757500", "073041.917500", "073043.077500", "073044.237500", "073045.397500", "073046.557500", "073047.717500", "073048.877500", "073050.037500", "073051.197500", "073052.357500", "073053.517500", "073054.677500", "073055.837500", "073056.997500", "073058.157500", "073059.317500", "073100.477500", "073101.637500", "073102.797500", "073103.957500", "073105.117500", "073106.277500", "073107.437500", "073108.597500", "073109.757500", "073110.917500", "073112.077500", "073113.237500", "073114.397500", "073115.557500", "073116.717500", "073117.877500", "073119.037500", "073120.197500", "073121.357500", "073122.517500", "073123.677500", "073124.837500", "073125.997500", "073127.157500", "073128.317500", "073129.477500", "073130.637500", "073131.797500", "073132.957500", "073134.117500", "073135.277500", "073136.437500", "073137.597500", "073138.757500", "073139.917500", "073141.077500", "073142.237500", "073143.397500", "073144.557500", "073145.717500", "073146.877500", "073148.037500", "073149.197500", "073150.357500", "073151.517500", "073152.677500", "073153.837500", "073154.997500", "073156.157500", "073157.317500", "073158.477500", "073159.637500", "073200.797500", "073201.957500", "073203.117500", "073204.277500", "073205.437500", "073206.597500", "073207.757500", "073208.917500", "073210.077500", "073211.237500", "073212.397500", "073213.557500", "073214.717500", "073215.877500", "073217.037500", "073218.197500", "073219.357500", "073220.517500", "073221.677500", "073222.837500", "073223.997500", "073225.157500", "073226.317500", "073227.477500", "073228.637500", "073229.797500", "073230.957500", "073232.117500", "073233.277500", "073234.437500", "073235.597500", "073236.757500", "073237.917500", "073239.077500", "073240.237500", "073241.397500", "073242.557500", "073243.717500", "073244.877500", "073246.037500", "073247.197500", "073248.357500", "073249.517500", "073250.677500", "073251.837500", "073252.997500", "073254.157500", "073255.317500", "073256.477500"], "ContentTime": ["072311.859000", "072319.734000", "072319.734000", "072319.734000", "072319.734000", "072319.750000", "072319.750000", "072319.750000", "072324.734000", "072324.734000", "072324.734000", "072324.734000", "072329.734000", "072329.734000", "072329.734000", "072329.734000", "072334.734000", "072334.734000", "072334.734000", "072334.750000", "072339.734000", "072339.734000", "072339.734000", "072339.750000", "072344.734000", "072344.734000", "072344.734000", "072344.750000", "072349.734000", "072349.734000", "072349.734000", "072349.734000", "072354.734000", "072354.734000", "072354.750000", "072354.750000", "072359.734000", "072359.734000", "072359.734000", "072359.734000", "072404.734000", "072404.734000", "072404.750000", "072409.734000", "072409.734000", "072409.750000", "072409.750000", "072414.734000", "072414.734000", "072414.734000", "072414.750000", "072419.734000", "072419.734000", "072419.734000", "072419.734000", "072424.734000", "072424.734000", "072424.734000", "072424.734000", "072429.734000", "072429.734000", "072429.750000", "072429.750000", "072434.734000", "072434.734000", "072434.734000", "072434.734000", "072439.734000", "072439.734000", "072439.734000", "072439.734000", "072444.734000", "072444.734000", "072444.750000", "072444.750000", "072449.734000", "072449.734000", "072449.750000", "072449.750000", "072454.734000", "072454.734000", "072454.734000", "072454.734000", "072459.734000", "072459.734000", "072459.750000", "072459.750000", "072504.734000", "072504.734000", "072504.734000", "072504.734000", "072509.734000", "072509.734000", "072509.750000", "072509.750000", "072514.734000", "072514.734000", "072514.750000", "072514.750000", "072519.734000", "072519.734000", "072519.734000", "072524.734000", "072524.734000", "072524.734000", "072524.734000", "072529.734000", "072529.734000", "072529.750000", "072529.750000", "072539.734000", "072539.734000", "072539.734000", "072539.750000", "072539.750000", "072539.750000", "072539.750000", "072539.750000", "072544.734000", "072544.734000", "072544.734000", "072544.734000", "072549.734000", "072549.734000", "072549.734000", "072549.734000", "072554.734000", "072554.734000", "072554.734000", "072554.750000", "072559.734000", "072559.765000", "072559.765000", "072604.734000", "072604.734000", "072604.734000", "072604.734000", "072604.750000", "072609.734000", "072609.734000", "072609.734000", "072614.734000", "072614.734000", "072614.734000", "072614.750000", "072619.734000", "072619.734000", "072619.734000", "072619.734000", "072624.734000", "072624.734000", "072624.750000", "072624.750000", "072629.734000", "072629.734000", "072629.734000", "072629.734000", "072634.734000", "072634.734000", "072634.734000", "072634.734000", "072639.734000", "072639.734000", "072639.734000", "072639.734000", "072644.734000", "072644.734000", "072644.734000", "072644.734000", "072649.734000", "072649.734000", "072649.734000", "072649.734000", "072654.734000", "072654.734000", "072654.734000", "072659.734000", "072659.734000", "072659.750000", "072659.750000", "072704.734000", "072704.734000", "072704.750000", "072704.750000", "072709.734000", "072709.734000", "072709.750000", "072709.750000", "072714.734000", "072714.734000", "072714.734000", "072714.734000", "072719.734000", "072719.734000", "072719.734000", "072719.734000", "072724.734000", "072724.734000", "072724.734000", "072724.750000", "072729.734000", "072729.734000", "072729.734000", "072729.734000", "072734.734000", "072734.734000", "072734.734000", "072734.734000", "072739.734000", "072739.734000", "072739.734000", "072739.734000", "072744.734000", "072744.734000", "072744.734000", "072744.734000", "072749.734000", "072749.734000", "072749.734000", "072754.734000", "072754.734000", "072754.750000", "072754.750000", "072754.750000", "072759.734000", "072759.734000", "072759.734000", "072804.734000", "072804.734000", "072804.734000", "072804.750000", "072804.750000", "072809.734000", "072809.734000", "072809.734000", "072814.734000", "072814.734000", "072814.750000", "072814.750000", "072819.734000", "072819.734000", "072819.734000", "072819.734000", "072824.734000", "072824.734000", "072824.734000", "072824.734000", "072829.734000", "072829.734000", "072829.734000", "072829.734000", "072834.734000", "072834.734000", "072834.750000", "072834.750000", "072839.734000", "072839.734000", "072839.734000", "072839.734000", "072844.734000", "072844.734000", "072844.734000", "072844.734000", "072849.734000", "072849.734000", "072849.750000", "072849.750000", "072854.734000", "072854.734000", "072854.734000", "072854.734000", "072859.734000", "072859.734000", "072859.734000", "072859.734000", "072904.734000", "072904.734000", "072904.734000", "072904.734000", "072909.734000", "072909.734000", "072909.734000", "072909.750000", "072914.734000", "072914.734000", "072914.734000", "072919.734000", "072919.734000", "072919.734000", "072919.734000", "072924.734000", "072924.734000", "072924.734000", "072924.750000", "072924.750000", "072929.734000", "072929.734000", "072929.734000", "072934.734000", "072934.734000", "072934.734000", "072934.750000", "072939.734000", "072939.734000", "072939.734000", "072939.734000", "072944.734000", "072944.734000", "072944.734000", "072944.734000", "072949.734000", "072949.734000", "072949.734000", "072949.734000", "072954.734000", "072954.734000", "072954.734000", "072954.734000", "072959.734000", "072959.734000", "072959.734000", "072959.734000", "073004.734000", "073004.734000", "073004.734000", "073004.734000", "073009.734000", "073009.734000", "073009.734000", "073009.750000", "073014.734000", "073014.734000", "073014.734000", "073014.734000", "073019.734000", "073019.734000", "073019.734000", "073019.734000", "073024.734000", "073024.734000", "073024.734000", "073024.734000", "073029.734000", "073029.750000", "073029.750000", "073029.750000", "073034.734000", "073034.734000", "073034.734000", "073039.734000", "073039.734000", "073039.734000", "073039.734000", "073044.734000", "073044.734000", "073044.734000", "073044.734000", "073049.734000", "073049.750000", "073049.750000", "073049.750000", "073054.734000", "073054.734000", "073054.734000", "073054.734000", "073059.734000", "073059.734000", "073059.734000", "073059.734000", "073104.734000", "073104.734000", "073104.734000", "073104.734000", "073109.734000", "073109.734000", "073109.734000", "073114.734000", "073114.734000", "073114.734000", "073114.765000", "073119.734000", "073119.734000", "073119.734000", "073119.734000", "073124.734000", "073124.734000", "073124.734000", "073124.750000", "073129.734000", "073129.734000", "073129.734000", "073129.734000", "073134.734000", "073134.734000", "073134.734000", "073134.750000", "073139.734000", "073139.734000", "073139.734000", "073139.750000", "073144.734000", "073144.734000", "073144.734000", "073144.734000", "073149.734000", "073149.734000", "073149.734000", "073149.734000", "073154.734000", "073154.734000", "073154.734000", "073154.750000", "073159.734000", "073159.734000", "073159.734000", "073159.734000", "073204.734000", "073204.734000", "073204.734000", "073204.750000", "073209.734000", "073209.734000", "073209.734000", "073209.734000", "073214.734000", "073214.734000", "073214.734000", "073214.734000", "073219.734000", "073219.734000", "073219.734000", "073219.734000", "073224.734000", "073224.734000", "073224.734000", "073224.734000", "073229.734000", "073229.734000", "073229.750000", "073234.734000", "073234.734000", "073234.734000", "073234.750000", "073239.734000", "073239.734000", "073239.734000", "073239.734000", "073239.750000", "073244.734000", "073244.734000", "073244.750000", "073244.750000", "073249.734000", "073249.734000", "073249.734000", "073249.750000", "073254.734000", "073254.734000", "073254.734000", "073254.750000", "073259.734000", "073259.734000", "073259.734000", "073304.734000", "073304.734000", "073304.734000", "073304.750000", "073304.750000", "073309.734000", "073309.734000", "073309.750000", "073309.750000", "073314.734000", "073314.734000", "073314.734000", "073314.734000", "073319.734000", "073319.734000", "073319.734000", "073319.734000", "073324.734000", "073324.734000", "073324.734000", "073324.750000", "073324.750000", "073329.734000", "073329.734000", "073329.734000", "073329.734000", "073334.734000", "073334.734000", "073334.750000", "073334.750000", "073339.734000", "073339.734000", "073339.750000", "073339.750000", "073339.750000", "073344.734000", "073344.734000", "073344.734000", "073344.734000", "073349.734000", "073349.734000", "073349.734000", "073349.734000", "073349.750000", "073354.734000", "073354.734000", "073354.734000", "073354.734000", "073359.734000", "073359.734000", "073359.734000", "073359.734000", "073401.890000", "073401.890000", "073401.890000"], "InstanceCreationTime": ["072311.859000", "072319.734000", "072319.734000", "072319.734000", "072319.734000", "072319.750000", "072319.750000", "072319.750000", "072324.734000", "072324.734000", "072324.734000", "072324.734000", "072329.734000", "072329.734000", "072329.734000", "072329.734000", "072334.734000", "072334.734000", "072334.734000", "072334.750000", "072339.734000", "072339.734000", "072339.734000", "072339.750000", "072344.734000", "072344.734000", "072344.734000", "072344.750000", "072349.734000", "072349.734000", "072349.734000", "072349.734000", "072354.734000", "072354.734000", "072354.750000", "072354.750000", "072359.734000", "072359.734000", "072359.734000", "072359.734000", "072404.734000", "072404.734000", "072404.750000", "072409.734000", "072409.734000", "072409.750000", "072409.750000", "072414.734000", "072414.734000", "072414.734000", "072414.750000", "072419.734000", "072419.734000", "072419.734000", "072419.734000", "072424.734000", "072424.734000", "072424.734000", "072424.734000", "072429.734000", "072429.734000", "072429.750000", "072429.750000", "072434.734000", "072434.734000", "072434.734000", "072434.734000", "072439.734000", "072439.734000", "072439.734000", "072439.734000", "072444.734000", "072444.734000", "072444.750000", "072444.750000", "072449.734000", "072449.734000", "072449.750000", "072449.750000", "072454.734000", "072454.734000", "072454.734000", "072454.734000", "072459.734000", "072459.734000", "072459.750000", "072459.750000", "072504.734000", "072504.734000", "072504.734000", "072504.734000", "072509.734000", "072509.734000", "072509.750000", "072509.750000", "072514.734000", "072514.734000", "072514.750000", "072514.750000", "072519.734000", "072519.734000", "072519.734000", "072524.734000", "072524.734000", "072524.734000", "072524.734000", "072529.734000", "072529.734000", "072529.750000", "072529.750000", "072539.734000", "072539.734000", "072539.734000", "072539.750000", "072539.750000", "072539.750000", "072539.750000", "072539.750000", "072544.734000", "072544.734000", "072544.734000", "072544.734000", "072549.734000", "072549.734000", "072549.734000", "072549.734000", "072554.734000", "072554.734000", "072554.734000", "072554.750000", "072559.734000", "072559.765000", "072559.765000", "072604.734000", "072604.734000", "072604.734000", "072604.734000", "072604.750000", "072609.734000", "072609.734000", "072609.734000", "072614.734000", "072614.734000", "072614.734000", "072614.750000", "072619.734000", "072619.734000", "072619.734000", "072619.734000", "072624.734000", "072624.734000", "072624.750000", "072624.750000", "072629.734000", "072629.734000", "072629.734000", "072629.734000", "072634.734000", "072634.734000", "072634.734000", "072634.734000", "072639.734000", "072639.734000", "072639.734000", "072639.734000", "072644.734000", "072644.734000", "072644.734000", "072644.734000", "072649.734000", "072649.734000", "072649.734000", "072649.734000", "072654.734000", "072654.734000", "072654.734000", "072659.734000", "072659.734000", "072659.750000", "072659.750000", "072704.734000", "072704.734000", "072704.750000", "072704.750000", "072709.734000", "072709.734000", "072709.750000", "072709.750000", "072714.734000", "072714.734000", "072714.734000", "072714.734000", "072719.734000", "072719.734000", "072719.734000", "072719.734000", "072724.734000", "072724.734000", "072724.734000", "072724.750000", "072729.734000", "072729.734000", "072729.734000", "072729.734000", "072734.734000", "072734.734000", "072734.734000", "072734.734000", "072739.734000", "072739.734000", "072739.734000", "072739.734000", "072744.734000", "072744.734000", "072744.734000", "072744.734000", "072749.734000", "072749.734000", "072749.734000", "072754.734000", "072754.734000", "072754.750000", "072754.750000", "072754.750000", "072759.734000", "072759.734000", "072759.734000", "072804.734000", "072804.734000", "072804.734000", "072804.750000", "072804.750000", "072809.734000", "072809.734000", "072809.734000", "072814.734000", "072814.734000", "072814.750000", "072814.750000", "072819.734000", "072819.734000", "072819.734000", "072819.734000", "072824.734000", "072824.734000", "072824.734000", "072824.734000", "072829.734000", "072829.734000", "072829.734000", "072829.734000", "072834.734000", "072834.734000", "072834.750000", "072834.750000", "072839.734000", "072839.734000", "072839.734000", "072839.734000", "072844.734000", "072844.734000", "072844.734000", "072844.734000", "072849.734000", "072849.734000", "072849.750000", "072849.750000", "072854.734000", "072854.734000", "072854.734000", "072854.734000", "072859.734000", "072859.734000", "072859.734000", "072859.734000", "072904.734000", "072904.734000", "072904.734000", "072904.734000", "072909.734000", "072909.734000", "072909.734000", "072909.750000", "072914.734000", "072914.734000", "072914.734000", "072919.734000", "072919.734000", "072919.734000", "072919.734000", "072924.734000", "072924.734000", "072924.734000", "072924.750000", "072924.750000", "072929.734000", "072929.734000", "072929.734000", "072934.734000", "072934.734000", "072934.734000", "072934.750000", "072939.734000", "072939.734000", "072939.734000", "072939.734000", "072944.734000", "072944.734000", "072944.734000", "072944.734000", "072949.734000", "072949.734000", "072949.734000", "072949.734000", "072954.734000", "072954.734000", "072954.734000", "072954.734000", "072959.734000", "072959.734000", "072959.734000", "072959.734000", "073004.734000", "073004.734000", "073004.734000", "073004.734000", "073009.734000", "073009.734000", "073009.734000", "073009.750000", "073014.734000", "073014.734000", "073014.734000", "073014.734000", "073019.734000", "073019.734000", "073019.734000", "073019.734000", "073024.734000", "073024.734000", "073024.734000", "073024.734000", "073029.734000", "073029.750000", "073029.750000", "073029.750000", "073034.734000", "073034.734000", "073034.734000", "073039.734000", "073039.734000", "073039.734000", "073039.734000", "073044.734000", "073044.734000", "073044.734000", "073044.734000", "073049.734000", "073049.750000", "073049.750000", "073049.750000", "073054.734000", "073054.734000", "073054.734000", "073054.734000", "073059.734000", "073059.734000", "073059.734000", "073059.734000", "073104.734000", "073104.734000", "073104.734000", "073104.734000", "073109.734000", "073109.734000", "073109.734000", "073114.734000", "073114.734000", "073114.734000", "073114.765000", "073119.734000", "073119.734000", "073119.734000", "073119.734000", "073124.734000", "073124.734000", "073124.734000", "073124.750000", "073129.734000", "073129.734000", "073129.734000", "073129.734000", "073134.734000", "073134.734000", "073134.734000", "073134.750000", "073139.734000", "073139.734000", "073139.734000", "073139.750000", "073144.734000", "073144.734000", "073144.734000", "073144.734000", "073149.734000", "073149.734000", "073149.734000", "073149.734000", "073154.734000", "073154.734000", "073154.734000", "073154.750000", "073159.734000", "073159.734000", "073159.734000", "073159.734000", "073204.734000", "073204.734000", "073204.734000", "073204.750000", "073209.734000", "073209.734000", "073209.734000", "073209.734000", "073214.734000", "073214.734000", "073214.734000", "073214.734000", "073219.734000", "073219.734000", "073219.734000", "073219.734000", "073224.734000", "073224.734000", "073224.734000", "073224.734000", "073229.734000", "073229.734000", "073229.750000", "073234.734000", "073234.734000", "073234.734000", "073234.750000", "073239.734000", "073239.734000", "073239.734000", "073239.734000", "073239.750000", "073244.734000", "073244.734000", "073244.750000", "073244.750000", "073249.734000", "073249.734000", "073249.734000", "073249.750000", "073254.734000", "073254.734000", "073254.734000", "073254.750000", "073259.734000", "073259.734000", "073259.734000", "073304.734000", "073304.734000", "073304.734000", "073304.750000", "073304.750000", "073309.734000", "073309.734000", "073309.750000", "073309.750000", "073314.734000", "073314.734000", "073314.734000", "073314.734000", "073319.734000", "073319.734000", "073319.734000", "073319.734000", "073324.734000", "073324.734000", "073324.734000", "073324.750000", "073324.750000", "073329.734000", "073329.734000", "073329.734000", "073329.734000", "073334.734000", "073334.734000", "073334.750000", "073334.750000", "073339.734000", "073339.734000", "073339.750000", "073339.750000", "073339.750000", "073344.734000", "073344.734000", "073344.734000", "073344.734000", "073349.734000", "073349.734000", "073349.734000", "073349.734000", "073349.750000", "073354.734000", "073354.734000", "073354.734000", "073354.734000", "073359.734000", "073359.734000", "073359.734000", "073359.734000", "073401.890000", "073401.890000", "073401.890000"], "InstanceNumber": [1, 2, 3, 4, 5, 6, 7, 8, 9, 10, 11, 12, 13, 14, 15, 16, 17, 18, 19, 20, 21, 22, 23, 24, 25, 26, 27, 28, 29, 30, 31, 32, 33, 34, 35, 36, 37, 38, 39, 40, 41, 42, 43, 44, 45, 46, 47, 48, 49, 50, 51, 52, 53, 54, 55, 56, 57, 58, 59, 60, 61, 62, 63, 64, 65, 66, 67, 68, 69, 70, 71, 72, 73, 74, 75, 76, 77, 78, 79, 80, 81, 82, 83, 84, 85, 86, 87, 88, 89, 90, 91, 92, 93, 94, 95, 96, 97, 98, 99, 100, 101, 102, 103, 104, 105, 106, 107, 108, 109, 110, 111, 112, 113, 114, 115, 116, 117, 118, 119, 120, 121, 122, 123, 124, 125, 126, 127, 128, 129, 130, 131, 132, 133, 134, 135, 136, 137, 138, 139, 140, 141, 142, 143, 144, 145, 146, 147, 148, 149, 150, 151, 152, 153, 154, 155, 156, 157, 158, 159, 160, 161, 162, 163, 164, 165, 166, 167, 168, 169, 170, 171, 172, 173, 174, 175, 176, 177, 178, 179, 180, 181, 182, 183, 184, 185, 186, 187, 188, 189, 190, 191, 192, 193, 194, 195, 196, 197, 198, 199, 200, 201, 202, 203, 204, 205, 206, 207, 208, 209, 210, 211, 212, 213, 214, 215, 216, 217, 218, 219, 220, 221, 222, 223, 224, 225, 226, 227, 228, 229, 230, 231, 232, 233, 234, 235, 236, 237, 238, 239, 240, 241, 242, 243, 244, 245, 246, 247, 248, 249, 250, 251, 252, 253, 254, 255, 256, 257, 258, 259, 260, 261, 262, 263, 264, 265, 266, 267, 268, 269, 270, 271, 272, 273, 274, 275, 276, 277, 278, 279, 280, 281, 282, 283, 284, 285, 286, 287, 288, 289, 290, 291, 292, 293, 294, 295, 296, 297, 298, 299, 300, 301, 302, 303, 304, 305, 306, 307, 308, 309, 310, 311, 312, 313, 314, 315, 316, 317, 318, 319, 320, 321, 322, 323, 324, 325, 326, 327, 328, 329, 330, 331, 332, 333, 334, 335, 336, 337, 338, 339, 340, 341, 342, 343, 344, 345, 346, 347, 348, 349, 350, 351, 352, 353, 354, 355, 356, 357, 358, 359, 360, 361, 362, 363, 364, 365, 366, 367, 368, 369, 370, 371, 372, 373, 374, 375, 376, 377, 378, 379, 380, 381, 382, 383, 384, 385, 386, 387, 388, 389, 390, 391, 392, 393, 394, 395, 396, 397, 398, 399, 400, 401, 402, 403, 404, 405, 406, 407, 408, 409, 410, 411, 412, 413, 414, 415, 416, 417, 418, 419, 420, 421, 422, 423, 424, 425, 426, 427, 428, 429, 430, 431, 432, 433, 434, 435, 436, 437, 438, 439, 440, 441, 442, 443, 444, 445, 446, 447, 448, 449, 450, 451, 452, 453, 454, 455, 456, 457, 458, 459, 460, 461, 462, 463, 464, 465, 466, 467, 468, 469, 470, 471, 472, 473, 474, 475, 476, 477, 478, 479, 480, 481, 482, 483, 484, 485, 486, 487, 488, 489, 490, 491, 492, 493, 494, 495, 496, 497, 498, 499, 500, 501, 502, 503, 504, 505, 506, 507, 508, 509, 510, 511, 512, 513, 514, 515, 516, 517, 518], "LargestImagePixelValue": [25629, 25510, 30434, 25063, 25288, 24738, 24942, 33264, 32137, 26445, 24706, 24924, 25055, 25690, 33119, 30401, 33935, 24987, 32763, 25038, 30828, 26036, 28681, 25107, 28897, 31665, 31328, 25267, 25292, 28134, 25547, 25494, 25692, 28480, 25665, 30706, 27425, 31977, 25626, 25719, 25761, 25453, 25376, 25786, 25401, 25414, 32573, 31348, 30676, 25329, 25409, 25246, 25439, 31940, 25135, 25392, 25380, 32344, 26801, 32234, 25215, 31161, 25665, 31779, 26271, 32347, 25357, 31587, 26164, 28839, 25114, 33178, 25421, 31608, 28305, 30845, 32014, 25775, 28777, 25807, 32143, 27090, 25584, 25337, 27706, 25611, 25847, 33178, 25465, 29755, 25279, 30630, 26011, 29731, 34271, 25199, 32442, 25522, 30955, 26493, 25244, 34285, 25370, 31576, 26311, 31963, 25214, 25169, 25316, 26929, 33241, 26263, 29069, 31109, 25195, 31080, 25432, 27439, 25492, 26323, 25480, 25382, 25641, 26617, 27268, 30999, 25525, 25402, 31739, 31715, 30605, 33793, 25295, 25487, 25934, 25941, 25852, 26123, 25881, 28898, 30763, 25934, 25835, 25690, 25683, 25967, 31693, 25796, 31757, 26566, 25939, 31364, 28977, 28664, 25737, 31161, 25742, 25875, 32667, 25490, 26846, 27727, 26352, 26020, 30981, 30547, 30084, 26256, 28028, 26534, 27883, 25697, 31778, 25713, 31439, 27564, 30259, 29863, 25864, 30980, 26252, 26046, 29342, 26001, 26125, 26030, 31242, 25977, 28514, 32469, 31144, 29322, 25733, 31400, 27700, 30988, 25676, 25873, 32022, 30243, 25796, 29929, 25901, 26046, 26305, 33703, 28225, 25998, 25925, 30263, 26244, 27371, 30288, 31545, 26112, 26143, 31452, 26261, 26131, 25958, 27540, 25956, 29099, 26171, 26212, 28868, 31341, 26607, 26091, 28504, 26067, 29777, 25882, 26057, 32236, 25766, 30273, 26911, 25659, 28831, 27885, 26019, 30273, 25595, 25832, 29600, 25788, 25731, 25848, 25705, 30415, 25900, 28853, 28765, 27332, 31452, 25753, 30462, 28779, 25322, 25626, 25640, 27218, 25691, 28463, 25624, 29547, 25861, 25780, 31472, 25676, 28523, 25986, 28203, 26016, 25854, 26974, 25824, 26860, 25746, 25901, 27940, 25911, 26211, 31555, 25871, 28793, 25671, 25923, 27096, 25874, 25956, 28168, 25849, 30479, 26551, 29976, 25736, 31302, 31222, 25527, 25516, 25713, 25414, 25497, 30423, 25544, 29939, 25379, 29651, 26259, 25716, 30771, 25136, 32369, 25507, 28836, 29329, 25559, 25705, 25673, 25687, 27718, 25606, 25724, 28956, 25480, 28722, 29765, 25738, 25582, 31359, 26634, 25666, 32080, 32146, 25350, 25394, 31046, 25700, 25403, 25633, 32816, 25428, 25344, 30594, 25330, 25349, 27994, 25227, 25281, 32141, 25080, 27815, 32306, 25006, 32286, 27329, 28996, 25093, 24965, 30275, 25451, 31588, 25032, 25205, 25085, 28155, 25245, 29560, 24881, 30739, 31673, 25196, 27973, 24774, 30969, 27729, 31343, 24726, 24734, 25037, 25014, 25419, 25270, 25209, 25119, 31057, 27329, 25153, 29737, 27744, 25956, 25071, 24845, 31239, 26034, 30738, 24746, 24934, 28684, 27172, 25061, 30542, 24908, 25791, 29673, 24800, 31862, 25829, 31574, 24775, 24494, 32779, 25018, 30707, 25297, 27323, 30959, 27199, 28441, 24932, 24821, 25714, 24848, 29894, 25316, 29590, 25117, 25590, 26572, 25115, 29791, 26410, 25147, 25060, 29033, 25068, 28044, 25151, 30354, 25128, 31042, 25204, 30341, 25432, 27693, 25090, 25493, 27109, 25498, 31747, 26786, 25501, 27139, 25000, 32523, 30484, 29397, 25256, 28491, 25223, 29856, 24957, 25372, 25188, 29678, 25758, 28032, 25105, 25255, 25302, 25153, 29955, 27583, 31050, 25282, 26670, 25705, 28286, 25359, 26587, 25385, 30592, 26688, 30472, 25154, 30837, 27736, 31687, 25152, 28369, 25176, 29922, 25308, 25389, 25792, 25542, 25758, 26280, 27916, 25508, 26174, 25425, 26128, 25452, 26476, 25325, 29346, 25560, 33221, 25960, 25210, 25604, 25514, 27935, 25693, 26227], "WindowCenter": [10032.0, 10035.0, 10042.0, 10022.0, 10024.0, 10002.0, 10009.0, 10050.0, 10044.0, 10049.0, 10016.0, 10031.0, 10006.0, 10027.0, 10049.0, 10024.0, 10017.0, 9997.0, 10032.0, 10001.0, 10023.0, 10060.0, 10067.0, 10003.0, 10035.0, 10050.0, 10054.0, 10023.0, 10012.0, 10031.0, 10011.0, 10029.0, 10034.0, 10038.0, 10017.0, 10035.0, 10021.0, 10034.0, 10025.0, 10004.0, 10011.0, 10011.0, 10010.0, 10018.0, 10014.0, 10012.0, 10025.0, 10011.0, 10010.0, 10008.0, 10001.0, 10010.0, 9985.0, 10028.0, 9999.0, 10009.0, 10012.0, 10035.0, 10021.0, 10043.0, 10013.0, 10041.0, 10005.0, 10030.0, 10002.0, 10038.0, 10026.0, 10049.0, 10006.0, 10012.0, 10001.0, 10037.0, 10013.0, 10024.0, 10025.0, 10020.0, 10042.0, 10026.0, 10020.0, 10001.0, 10023.0, 9998.0, 9996.0, 10001.0, 10010.0, 9991.0, 10007.0, 10046.0, 10023.0, 10039.0, 9996.0, 10013.0, 10011.0, 10017.0, 10014.0, 9997.0, 10019.0, 10005.0, 10010.0, 9995.0, 10011.0, 10023.0, 10003.0, 10000.0, 9998.0, 10010.0, 9992.0, 9994.0, 10012.0, 10035.0, 10039.0, 9997.0, 10023.0, 10007.0, 9994.0, 10020.0, 10001.0, 10000.0, 10001.0, 9989.0, 10004.0, 9991.0, 10005.0, 9998.0, 10021.0, 10055.0, 10031.0, 10012.0, 10009.0, 9996.0, 9982.0, 9999.0, 9954.0, 9987.0, 9989.0, 9982.0, 9995.0, 10017.0, 10007.0, 10014.0, 10020.0, 10004.0, 10012.0, 9995.0, 9985.0, 10006.0, 10028.0, 10015.0, 10021.0, 10003.0, 10000.0, 10024.0, 10011.0, 10023.0, 9992.0, 10016.0, 9975.0, 9995.0, 10024.0, 10003.0, 10073.0, 10085.0, 10070.0, 10046.0, 10035.0, 10037.0, 10022.0, 10006.0, 10003.0, 9996.0, 9996.0, 9977.0, 10016.0, 9994.0, 10007.0, 10007.0, 10013.0, 9981.0, 9990.0, 10004.0, 9972.0, 9991.0, 9995.0, 9973.0, 9982.0, 10025.0, 10021.0, 10003.0, 10033.0, 10030.0, 9983.0, 10004.0, 9988.0, 10011.0, 10026.0, 10032.0, 10024.0, 9986.0, 10014.0, 10016.0, 9978.0, 10003.0, 9986.0, 9998.0, 9983.0, 10016.0, 10005.0, 10010.0, 10019.0, 10033.0, 10025.0, 9999.0, 10012.0, 9998.0, 9996.0, 9991.0, 10016.0, 9982.0, 9995.0, 10000.0, 9995.0, 10000.0, 10014.0, 9989.0, 9965.0, 10013.0, 10007.0, 9998.0, 9995.0, 10000.0, 9984.0, 10004.0, 9984.0, 9993.0, 10017.0, 9989.0, 10011.0, 9984.0, 9988.0, 10002.0, 9991.0, 9983.0, 10000.0, 9976.0, 9980.0, 9994.0, 9967.0, 9991.0, 9978.0, 9986.0, 9999.0, 9996.0, 10003.0, 9994.0, 9977.0, 9972.0, 9968.0, 9992.0, 9976.0, 9979.0, 9977.0, 9975.0, 9970.0, 10004.0, 10011.0, 9981.0, 9994.0, 9990.0, 9973.0, 9995.0, 9978.0, 10000.0, 9988.0, 9985.0, 9973.0, 9999.0, 9990.0, 9991.0, 10009.0, 9996.0, 10008.0, 9995.0, 9997.0, 9987.0, 10019.0, 9996.0, 9988.0, 9979.0, 9985.0, 9984.0, 9975.0, 9983.0, 10023.0, 10003.0, 9995.0, 9988.0, 9988.0, 9958.0, 9977.0, 10000.0, 9957.0, 9975.0, 9975.0, 9977.0, 9987.0, 9985.0, 9976.0, 10000.0, 9996.0, 9998.0, 9995.0, 9992.0, 9994.0, 9994.0, 10004.0, 9975.0, 9994.0, 9989.0, 9988.0, 9972.0, 9978.0, 9987.0, 10004.0, 10006.0, 10004.0, 10012.0, 9999.0, 9997.0, 10007.0, 9984.0, 9994.0, 10013.0, 9987.0, 9977.0, 10014.0, 10014.0, 9971.0, 9991.0, 9984.0, 9977.0, 9986.0, 9974.0, 10000.0, 9948.0, 9982.0, 10002.0, 9962.0, 9985.0, 9983.0, 9968.0, 9970.0, 10004.0, 9963.0, 9978.0, 9988.0, 9972.0, 9987.0, 9980.0, 9979.0, 9966.0, 9965.0, 9976.0, 9956.0, 9976.0, 9970.0, 9972.0, 9977.0, 9998.0, 9981.0, 9995.0, 9978.0, 10051.0, 10050.0, 9991.0, 9993.0, 9978.0, 9979.0, 9960.0, 9963.0, 9946.0, 9929.0, 9951.0, 9959.0, 9975.0, 9968.0, 9996.0, 9988.0, 10008.0, 9996.0, 9985.0, 9995.0, 9978.0, 9997.0, 9980.0, 9978.0, 9976.0, 9963.0, 9972.0, 9959.0, 9989.0, 9992.0, 9983.0, 9965.0, 9977.0, 9985.0, 9973.0, 9994.0, 9959.0, 9993.0, 9973.0, 9987.0, 9966.0, 9943.0, 9972.0, 9961.0, 9991.0, 9958.0, 9991.0, 10006.0, 9979.0, 9981.0, 9943.0, 9958.0, 9989.0, 9949.0, 9991.0, 9964.0, 9993.0, 9977.0, 9989.0, 9981.0, 9972.0, 9991.0, 9966.0, 9969.0, 9990.0, 9987.0, 9969.0, 9983.0, 9961.0, 9986.0, 9976.0, 9988.0, 9973.0, 9984.0, 9968.0, 9974.0, 9963.0, 9984.0, 9988.0, 9980.0, 9982.0, 9986.0, 10001.0, 9989.0, 9964.0, 9982.0, 9956.0, 9961.0, 9947.0, 9946.0, 9970.0, 9978.0, 9984.0, 9979.0, 9981.0, 10003.0, 9975.0, 9984.0, 9962.0, 9970.0, 9981.0, 9981.0, 9992.0, 9975.0, 9986.0, 9986.0, 9975.0, 9963.0, 9975.0, 9961.0, 9970.0, 9958.0, 9992.0, 9974.0, 9964.0, 9974.0, 9979.0, 9974.0, 9977.0, 9949.0, 9977.0, 9941.0, 9973.0, 9940.0, 9966.0, 9967.0, 9966.0, 9971.0, 9973.0, 9975.0, 9977.0, 9957.0, 9970.0, 9968.0, 9957.0, 9961.0, 9972.0, 9972.0, 9969.0, 9990.0, 9968.0, 9965.0, 9963.0, 9981.0, 9972.0, 9969.0, 9960.0], "WindowWidth": [21272.0, 21275.0, 21282.0, 21242.0, 21244.0, 21205.0, 21214.0, 21292.0, 21279.0, 21289.0, 21235.0, 21263.0, 21215.0, 21253.0, 21293.0, 21241.0, 21230.0, 21188.0, 21253.0, 21195.0, 21242.0, 21327.0, 21335.0, 21220.0, 21270.0, 21293.0, 21300.0, 21242.0, 21218.0, 21254.0, 21216.0, 21251.0, 21267.0, 21278.0, 21235.0, 21265.0, 21236.0, 21260.0, 21244.0, 21203.0, 21214.0, 21214.0, 21215.0, 21228.0, 21221.0, 21212.0, 21233.0, 21208.0, 21201.0, 21203.0, 21196.0, 21214.0, 21170.0, 21250.0, 21193.0, 21216.0, 21219.0, 21259.0, 21232.0, 21272.0, 21220.0, 21274.0, 21201.0, 21244.0, 21192.0, 21260.0, 21242.0, 21290.0, 21207.0, 21215.0, 21194.0, 21264.0, 21220.0, 21240.0, 21239.0, 21227.0, 21269.0, 21244.0, 21231.0, 21194.0, 21231.0, 21183.0, 21181.0, 21193.0, 21209.0, 21173.0, 21205.0, 21275.0, 21233.0, 21267.0, 21186.0, 21214.0, 21205.0, 21217.0, 21217.0, 21184.0, 21225.0, 21198.0, 21210.0, 21181.0, 21209.0, 21235.0, 21195.0, 21183.0, 21177.0, 21199.0, 21168.0, 21177.0, 21209.0, 21265.0, 21277.0, 21191.0, 21236.0, 21199.0, 21170.0, 21221.0, 21185.0, 21184.0, 21189.0, 21164.0, 21196.0, 21175.0, 21200.0, 21185.0, 21240.0, 21326.0, 21255.0, 21217.0, 21205.0, 21170.0, 21141.0, 21164.0, 21082.0, 21152.0, 21157.0, 21149.0, 21175.0, 21216.0, 21199.0, 21209.0, 21219.0, 21193.0, 21205.0, 21176.0, 21158.0, 21196.0, 21240.0, 21220.0, 21230.0, 21192.0, 21188.0, 21231.0, 21205.0, 21225.0, 21168.0, 21210.0, 21131.0, 21171.0, 21227.0, 21196.0, 21347.0, 21393.0, 21345.0, 21295.0, 21265.0, 21253.0, 21224.0, 21193.0, 21182.0, 21169.0, 21171.0, 21135.0, 21211.0, 21170.0, 21192.0, 21189.0, 21203.0, 21142.0, 21157.0, 21184.0, 21125.0, 21160.0, 21173.0, 21130.0, 21147.0, 21236.0, 21232.0, 21195.0, 21247.0, 21242.0, 21150.0, 21179.0, 21153.0, 21197.0, 21257.0, 21261.0, 21233.0, 21161.0, 21206.0, 21201.0, 21133.0, 21181.0, 21149.0, 21174.0, 21145.0, 21204.0, 21188.0, 21205.0, 21220.0, 21248.0, 21231.0, 21183.0, 21199.0, 21171.0, 21167.0, 21158.0, 21203.0, 21144.0, 21163.0, 21175.0, 21173.0, 21183.0, 21207.0, 21162.0, 21119.0, 21203.0, 21192.0, 21173.0, 21170.0, 21176.0, 21147.0, 21183.0, 21145.0, 21164.0, 21210.0, 21158.0, 21199.0, 21149.0, 21154.0, 21178.0, 21157.0, 21143.0, 21174.0, 21128.0, 21141.0, 21164.0, 21108.0, 21162.0, 21135.0, 21148.0, 21174.0, 21170.0, 21184.0, 21164.0, 21130.0, 21116.0, 21106.0, 21149.0, 21117.0, 21130.0, 21130.0, 21130.0, 21122.0, 21182.0, 21194.0, 21142.0, 21165.0, 21153.0, 21122.0, 21164.0, 21136.0, 21177.0, 21157.0, 21148.0, 21125.0, 21177.0, 21162.0, 21164.0, 21198.0, 21173.0, 21196.0, 21174.0, 21174.0, 21155.0, 21213.0, 21167.0, 21153.0, 21134.0, 21145.0, 21145.0, 21132.0, 21147.0, 21225.0, 21193.0, 21172.0, 21158.0, 21154.0, 21099.0, 21128.0, 21167.0, 21096.0, 21129.0, 21127.0, 21131.0, 21149.0, 21146.0, 21132.0, 21178.0, 21169.0, 21175.0, 21169.0, 21163.0, 21172.0, 21169.0, 21187.0, 21131.0, 21167.0, 21158.0, 21151.0, 21125.0, 21139.0, 21158.0, 21189.0, 21189.0, 21186.0, 21205.0, 21180.0, 21174.0, 21188.0, 21143.0, 21168.0, 21207.0, 21153.0, 21134.0, 21198.0, 21198.0, 21121.0, 21158.0, 21143.0, 21130.0, 21142.0, 21125.0, 21178.0, 21080.0, 21141.0, 21180.0, 21103.0, 21143.0, 21141.0, 21115.0, 21117.0, 21178.0, 21105.0, 21130.0, 21149.0, 21117.0, 21142.0, 21126.0, 21127.0, 21104.0, 21106.0, 21123.0, 21086.0, 21125.0, 21112.0, 21113.0, 21129.0, 21173.0, 21147.0, 21169.0, 21135.0, 21327.0, 21284.0, 21150.0, 21172.0, 21132.0, 21132.0, 21087.0, 21089.0, 21058.0, 21028.0, 21068.0, 21086.0, 21130.0, 21122.0, 21173.0, 21159.0, 21193.0, 21163.0, 21143.0, 21162.0, 21131.0, 21166.0, 21137.0, 21128.0, 21125.0, 21101.0, 21115.0, 21095.0, 21154.0, 21159.0, 21142.0, 21106.0, 21125.0, 21143.0, 21122.0, 21160.0, 21095.0, 21159.0, 21119.0, 21143.0, 21103.0, 21059.0, 21110.0, 21088.0, 21145.0, 21091.0, 21152.0, 21177.0, 21125.0, 21132.0, 21061.0, 21092.0, 21151.0, 21078.0, 21152.0, 21107.0, 21154.0, 21131.0, 21156.0, 21137.0, 21117.0, 21155.0, 21111.0, 21112.0, 21153.0, 21150.0, 21111.0, 21138.0, 21097.0, 21142.0, 21126.0, 21152.0, 21121.0, 21141.0, 21112.0, 21125.0, 21107.0, 21148.0, 21152.0, 21136.0, 21140.0, 21160.0, 21180.0, 21153.0, 21104.0, 21129.0, 21079.0, 21088.0, 21063.0, 21061.0, 21109.0, 21127.0, 21137.0, 21137.0, 21143.0, 21180.0, 21125.0, 21135.0, 21094.0, 21114.0, 21138.0, 21139.0, 21159.0, 21124.0, 21141.0, 21142.0, 21120.0, 21100.0, 21121.0, 21096.0, 21117.0, 21094.0, 21156.0, 21119.0, 21098.0, 21117.0, 21124.0, 21113.0, 21115.0, 21066.0, 21119.0, 21056.0, 21113.0, 21053.0, 21100.0, 21106.0, 21107.0, 21115.0, 21117.0, 21121.0, 21131.0, 21096.0, 21115.0, 21109.0, 21087.0, 21099.0, 21122.0, 21121.0, 21109.0, 21147.0, 21103.0, 21097.0, 21097.0, 21135.0, 21120.0, 21112.0, 21097.0]}, "slices": {}}}