{"AcquisitionMatrixPE": 96, "AcquisitionNumber": 1, "AcquisitionTime": "07:31:28.220000", "BandwidthPerPixelPhaseEncode": 33.602, "BaseResolution": 96, "BodyPartExamined": "BRAIN", "ConsistencyInfo": "N4_VD11D_LATEST_20110129", "ConversionSoftware": "dcm2niix", "ConversionSoftwareVersion": "v1.0.20210317", "DerivedVendorReportedEchoSpacing": 0.000620003, "DeviceSerialNumber": "45239", "DwellTime": 2.6e-06, "EchoTime": 0.03, "EchoTrainLength": 48, "EffectiveEchoSpacing": 0.000310001, "FlipAngle": 63, "ImageComments": "Unaliased MB4/PE3", "ImageOrientationPatientDICOM": [0.998925, 0.0174727, 0.0429297, 0.0095107, 0.829242, -0.55881], "ImageType": ["ORIGINAL", "PRIMARY", "M", "ND", "NORM", "MOSAIC"], "ImagingFrequency": 123.193, "InPlanePhaseEncodingDirectionDICOM": "COL", "InstitutionAddress": "E 24th St. 100,Austin,Southmiddle,US,78712", "InstitutionName": "Univ of Texas at Austin", "InstitutionalDepartmentName": "IRC", "MRAcquisitionType": "2D", "MagneticFieldStrength": 3, "Manufacturer": "Siemens", "ManufacturersModelName": "Skyra", "Modality": "MR", "MultibandAccelerationFactor": 4, "ParallelReductionFactorInPlane": 2, "PartialFourier": 1, "PatientPosition": "HFS", "PercentPhaseFOV": 100, "PercentSampling": 100, "PhaseEncodingDirection": "j-", "PhaseEncodingSteps": 96, "PhaseResolution": 1, "PixelBandwidth": 2005, "ProcedureStepDescription": "Poldrack2^self-scanning", "ProtocolName": "Resting State fMRI MBEPI_matrix96_BW2004", "PulseSequenceDetails": "%CustomerSeq%\\cmrr_mbep2d_bold", "ReceiveCoilActiveElements": "HEA;HEP", "ReceiveCoilName": "Head_32", "ReconMatrixPE": 96, "RefLinesPE": 94, "RepetitionTime": 1.16, "SAR": 0.0929182, "ScanOptions": "FS", "ScanningSequence": "EP", "SequenceName": "epfid2d1_96", "SequenceVariant": "SK", "SeriesDescription": "Resting State fMRI MBEPI_matrix96_BW2004", "SeriesNumber": 11, "ShimSetting": [-2782, 8075, -15446, 197, -244, 182, 206, -57], "SliceThickness": 2, "SliceTiming": [0, 0.4975, 0.9975, 0.355, 0.855, 0.2125, 0.7125, 0.07, 0.57, 1.0675, 0.4275, 0.925, 0.285, 0.7825, 0.1425, 0.64, 0, 0.4975, 0.9975, 0.355, 0.855, 0.2125, 0.7125, 0.07, 0.57, 1.0675, 0.4275, 0.925, 0.285, 0.7825, 0.1425, 0.64, 0, 0.4975, 0.9975, 0.355, 0.855, 0.2125, 0.7125, 0.07, 0.57, 1.0675, 0.4275, 0.925, 0.285, 0.7825, 0.1425, 0.64, 0, 0.4975, 0.9975, 0.355, 0.855, 0.2125, 0.7125, 0.07, 0.57, 1.0675, 0.4275, 0.925, 0.285, 0.7825, 0.1425, 0.64], "SoftwareVersions": "syngo MR D11", "SpacingBetweenSlices": 2.4, "StationName": "AWP45239", "TaskName": "Resting fmri", "TotalReadoutTime": 0.0294501, "TxRefAmp": 330.85, "WipMemBlock": "e00e0592-3f7e-4d78-84c8-1c0940d0440b||Sequence: VD11D r195; Nov 21 2012 15:36:10 by eja", "dcmmeta_affine": [[-2.3932583332061768, 0.022786056622862816, 0.10887116938829422, 114.64620971679688], [-0.04186156764626503, 1.9867243766784668, -1.3406813144683838, -67.0142822265625], [0.10285243391990662, 1.338814377784729, 1.9876419305801392, -102.24927520751953], [0.0, 0.0, 0.0, 1.0]], "dcmmeta_reorient_transform": [[0.0, -1.0, 0.0, 95.0], [1.0, 0.0, 0.0, 0.0], [0.0, 0.0, 1.0, 0.0], [0.0, 0.0, 0.0, 1.0]], "dcmmeta_shape": [96, 96, 64, 518], "dcmmeta_slice_dim": 2, "dcmmeta_version": 0.6, "global": {"const": {"AcquisitionMatrix": [96, 0, 0, 96], "AngioFlag": "N", "BitsAllocated": 16, "BitsStored": 16, "BodyPartExamined": "BRAIN", "Columns": 768, "EchoNumbers": 1, "EchoTime": 30.0, "EchoTrainLength": 48, "FlipAngle": 63.0, "HighBit": 15, "ImageOrientationPatient": [0.99892529548516, 0.0174726550483, 0.04292971424851, 0.00951070218132, 0.82924151731546, -0.5588094957178], "ImagePositionPatient": [-928.60183610348, -803.32942400513, 440.22130261141], "ImageType": ["ORIGINAL", "PRIMARY", "M", "ND", "NORM", "MOSAIC"], "ImagedNucleus": "1H", "ImagingFrequency": 123.193344, "InPlanePhaseEncodingDirection": "COL", "MRAcquisitionType": "2D", "MagneticFieldStrength": 3.0, "Manufacturer": "SIEMENS", "ManufacturerModelName": "Skyra", "Modality": "MR", "NumberOfAverages": 1.0, "NumberOfPhaseEncodingSteps": 96, "PercentPhaseFieldOfView": 100.0, "PercentSampling": 100.0, "PerformedProcedureStepStartTime": "070925.781000", "PhotometricInterpretation": "MONOCHROME2", "PixelBandwidth": 2005.0, "PixelRepresentation": 0, "PixelSpacing": [2.3958332538605, 2.3958332538605], "ProtocolName": "Resting State fMRI MBEPI_matrix96_BW2004", "RepetitionTime": 1160.0, "Rows": 768, "SAR": 0.09291822836396, "SamplesPerPixel": 1, "ScanOptions": "FS", "ScanningSequence": "EP", "SequenceName": "epfid2d1_96", "SequenceVariant": "SK", "SeriesDescription": "Resting State fMRI MBEPI_matrix96_BW2004", "SeriesNumber": 11, "SeriesTime": "073212.671000", "SliceLocation": -42.045201014182, "SliceThickness": 2.0, "SmallestImagePixelValue": 0, "SoftwareVersions": "syngo MR D11", "SpacingBetweenSlices": 2.3999999566865, "SpecificCharacterSet": "ISO_IR 100", "StudyID": "1", "StudyTime": "070925.734000", "TransmitCoilName": "Body", "VariableFlipAngleFlag": "N", "WindowCenterWidthExplanation": "Algo1", "dBdt": 0.0}, "slices": {}}, "time": {"samples": {"AcquisitionNumber": [1, 2, 3, 4, 5, 6, 7, 8, 9, 10, 11, 12, 13, 14, 15, 16, 17, 18, 19, 20, 21, 22, 23, 24, 25, 26, 27, 28, 29, 30, 31, 32, 33, 34, 35, 36, 37, 38, 39, 40, 41, 42, 43, 44, 45, 46, 47, 48, 49, 50, 51, 52, 53, 54, 55, 56, 57, 58, 59, 60, 61, 62, 63, 64, 65, 66, 67, 68, 69, 70, 71, 72, 73, 74, 75, 76, 77, 78, 79, 80, 81, 82, 83, 84, 85, 86, 87, 88, 89, 90, 91, 92, 93, 94, 95, 96, 97, 98, 99, 100, 101, 102, 103, 104, 105, 106, 107, 108, 109, 110, 111, 112, 113, 114, 115, 116, 117, 118, 119, 120, 121, 122, 123, 124, 125, 126, 127, 128, 129, 130, 131, 132, 133, 134, 135, 136, 137, 138, 139, 140, 141, 142, 143, 144, 145, 146, 147, 148, 149, 150, 151, 152, 153, 154, 155, 156, 157, 158, 159, 160, 161, 162, 163, 164, 165, 166, 167, 168, 169, 170, 171, 172, 173, 174, 175, 176, 177, 178, 179, 180, 181, 182, 183, 184, 185, 186, 187, 188, 189, 190, 191, 192, 193, 194, 195, 196, 197, 198, 199, 200, 201, 202, 203, 204, 205, 206, 207, 208, 209, 210, 211, 212, 213, 214, 215, 216, 217, 218, 219, 220, 221, 222, 223, 224, 225, 226, 227, 228, 229, 230, 231, 232, 233, 234, 235, 236, 237, 238, 239, 240, 241, 242, 243, 244, 245, 246, 247, 248, 249, 250, 251, 252, 253, 254, 255, 256, 257, 258, 259, 260, 261, 262, 263, 264, 265, 266, 267, 268, 269, 270, 271, 272, 273, 274, 275, 276, 277, 278, 279, 280, 281, 282, 283, 284, 285, 286, 287, 288, 289, 290, 291, 292, 293, 294, 295, 296, 297, 298, 299, 300, 301, 302, 303, 304, 305, 306, 307, 308, 309, 310, 311, 312, 313, 314, 315, 316, 317, 318, 319, 320, 321, 322, 323, 324, 325, 326, 327, 328, 329, 330, 331, 332, 333, 334, 335, 336, 337, 338, 339, 340, 341, 342, 343, 344, 345, 346, 347, 348, 349, 350, 351, 352, 353, 354, 355, 356, 357, 358, 359, 360, 361, 362, 363, 364, 365, 366, 367, 368, 369, 370, 371, 372, 373, 374, 375, 376, 377, 378, 379, 380, 381, 382, 383, 384, 385, 386, 387, 388, 389, 390, 391, 392, 393, 394, 395, 396, 397, 398, 399, 400, 401, 402, 403, 404, 405, 406, 407, 408, 409, 410, 411, 412, 413, 414, 415, 416, 417, 418, 419, 420, 421, 422, 423, 424, 425, 426, 427, 428, 429, 430, 431, 432, 433, 434, 435, 436, 437, 438, 439, 440, 441, 442, 443, 444, 445, 446, 447, 448, 449, 450, 451, 452, 453, 454, 455, 456, 457, 458, 459, 460, 461, 462, 463, 464, 465, 466, 467, 468, 469, 470, 471, 472, 473, 474, 475, 476, 477, 478, 479, 480, 481, 482, 483, 484, 485, 486, 487, 488, 489, 490, 491, 492, 493, 494, 495, 496, 497, 498, 499, 500, 501, 502, 503, 504, 505, 506, 507, 508, 509, 510, 511, 512, 513, 514, 515, 516, 517, 518], "AcquisitionTime": ["073128.220000", "073157.220000", "073158.380000", "073159.540000", "073200.700000", "073201.860000", "073203.020000", "073204.180000", "073205.340000", "073206.500000", "073207.660000", "073208.820000", "073209.980000", "073211.140000", "073212.300000", "073213.460000", "073214.620000", "073215.780000", "073216.940000", "073218.100000", "073219.260000", "073220.420000", "073221.580000", "073222.740000", "073223.900000", "073225.060000", "073226.220000", "073227.380000", "073228.540000", "073229.700000", "073230.860000", "073232.020000", "073233.180000", "073234.340000", "073235.500000", "073236.660000", "073237.820000", "073238.980000", "073240.140000", "073241.300000", "073242.460000", "073243.620000", "073244.780000", "073245.940000", "073247.100000", "073248.260000", "073249.420000", "073250.580000", "073251.740000", "073252.900000", "073254.060000", "073255.220000", "073256.380000", "073257.540000", "073258.700000", "073259.860000", "073301.020000", "073302.180000", "073303.340000", "073304.500000", "073305.660000", "073306.820000", "073307.980000", "073309.140000", "073310.300000", "073311.460000", "073312.620000", "073313.780000", "073314.940000", "073316.100000", "073317.260000", "073318.420000", "073319.580000", "073320.740000", "073321.900000", "073323.060000", "073324.220000", "073325.380000", "073326.540000", "073327.700000", "073328.860000", "073330.020000", "073331.180000", "073332.340000", "073333.500000", "073334.660000", "073335.820000", "073336.980000", "073338.140000", "073339.300000", "073340.460000", "073341.620000", "073342.780000", "073343.940000", "073345.100000", "073346.260000", "073347.420000", "073348.580000", "073349.740000", "073350.900000", "073352.060000", "073353.220000", "073354.380000", "073355.540000", "073356.700000", "073357.860000", "073359.020000", "073400.180000", "073401.340000", "073402.500000", "073403.660000", "073404.820000", "073405.980000", "073407.140000", "073408.300000", "073409.460000", "073410.620000", "073411.780000", "073412.940000", "073414.100000", "073415.260000", "073416.420000", "073417.580000", "073418.740000", "073419.900000", "073421.060000", "073422.220000", "073423.380000", "073424.540000", "073425.700000", "073426.860000", "073428.022500", "073429.182500", "073430.342500", "073431.502500", "073432.662500", "073433.822500", "073434.982500", "073436.142500", "073437.302500", "073438.462500", "073439.622500", "073440.782500", "073441.942500", "073443.102500", "073444.262500", "073445.422500", "073446.582500", "073447.742500", "073448.902500", "073450.062500", "073451.222500", "073452.382500", "073453.542500", "073454.702500", "073455.862500", "073457.022500", "073458.182500", "073459.342500", "073500.502500", "073501.662500", "073502.822500", "073503.982500", "073505.142500", "073506.302500", "073507.462500", "073508.622500", "073509.782500", "073510.942500", "073512.102500", "073513.262500", "073514.422500", "073515.582500", "073516.742500", "073517.902500", "073519.062500", "073520.222500", "073521.382500", "073522.542500", "073523.702500", "073524.862500", "073526.022500", "073527.182500", "073528.342500", "073529.502500", "073530.662500", "073531.822500", "073532.982500", "073534.142500", "073535.302500", "073536.462500", "073537.622500", "073538.782500", "073539.942500", "073541.102500", "073542.262500", "073543.422500", "073544.582500", "073545.742500", "073546.902500", "073548.062500", "073549.222500", "073550.382500", "073551.542500", "073552.702500", "073553.862500", "073555.022500", "073556.182500", "073557.342500", "073558.502500", "073559.662500", "073600.822500", "073601.982500", "073603.142500", "073604.302500", "073605.462500", "073606.622500", "073607.782500", "073608.942500", "073610.102500", "073611.262500", "073612.422500", "073613.582500", "073614.742500", "073615.902500", "073617.062500", "073618.222500", "073619.382500", "073620.542500", "073621.702500", "073622.862500", "073624.022500", "073625.182500", "073626.342500", "073627.502500", "073628.662500", "073629.822500", "073630.982500", "073632.142500", "073633.302500", "073634.462500", "073635.622500", "073636.782500", "073637.942500", "073639.102500", "073640.262500", "073641.422500", "073642.582500", "073643.742500", "073644.902500", "073646.062500", "073647.222500", "073648.382500", "073649.542500", "073650.702500", "073651.862500", "073653.022500", "073654.182500", "073655.342500", "073656.502500", "073657.662500", "073658.822500", "073659.982500", "073701.142500", "073702.302500", "073703.462500", "073704.622500", "073705.782500", "073706.942500", "073708.102500", "073709.262500", "073710.422500", "073711.582500", "073712.742500", "073713.902500", "073715.062500", "073716.222500", "073717.382500", "073718.542500", "073719.702500", "073720.862500", "073722.022500", "073723.182500", "073724.342500", "073725.502500", "073726.662500", "073727.822500", "073728.982500", "073730.142500", "073731.302500", "073732.462500", "073733.622500", "073734.782500", "073735.942500", "073737.102500", "073738.262500", "073739.422500", "073740.582500", "073741.742500", "073742.902500", "073744.062500", "073745.222500", "073746.382500", "073747.542500", "073748.702500", "073749.862500", "073751.022500", "073752.182500", "073753.342500", "073754.502500", "073755.662500", "073756.822500", "073757.982500", "073759.142500", "073800.302500", "073801.462500", "073802.622500", "073803.782500", "073804.942500", "073806.102500", "073807.262500", "073808.422500", "073809.582500", "073810.742500", "073811.902500", "073813.062500", "073814.222500", "073815.382500", "073816.542500", "073817.702500", "073818.862500", "073820.022500", "073821.182500", "073822.342500", "073823.502500", "073824.662500", "073825.822500", "073826.982500", "073828.142500", "073829.302500", "073830.462500", "073831.622500", "073832.782500", "073833.942500", "073835.102500", "073836.262500", "073837.422500", "073838.582500", "073839.742500", "073840.902500", "073842.062500", "073843.222500", "073844.382500", "073845.542500", "073846.702500", "073847.862500", "073849.022500", "073850.182500", "073851.342500", "073852.502500", "073853.662500", "073854.822500", "073855.982500", "073857.142500", "073858.302500", "073859.462500", "073900.622500", "073901.782500", "073902.942500", "073904.102500", "073905.262500", "073906.422500", "073907.582500", "073908.742500", "073909.902500", "073911.062500", "073912.222500", "073913.382500", "073914.542500", "073915.702500", "073916.862500", "073918.022500", "073919.185000", "073920.345000", "073921.505000", "073922.665000", "073923.825000", "073924.985000", "073926.145000", "073927.305000", "073928.465000", "073929.625000", "073930.785000", "073931.945000", "073933.105000", "073934.265000", "073935.425000", "073936.585000", "073937.745000", "073938.905000", "073940.065000", "073941.225000", "073942.385000", "073943.545000", "073944.705000", "073945.865000", "073947.025000", "073948.185000", "073949.345000", "073950.505000", "073951.665000", "073952.825000", "073953.985000", "073955.145000", "073956.305000", "073957.465000", "073958.625000", "073959.785000", "074000.945000", "074002.105000", "074003.265000", "074004.425000", "074005.585000", "074006.745000", "074007.905000", "074009.065000", "074010.225000", "074011.385000", "074012.545000", "074013.705000", "074014.865000", "074016.025000", "074017.185000", "074018.345000", "074019.505000", "074020.665000", "074021.825000", "074022.985000", "074024.145000", "074025.305000", "074026.465000", "074027.625000", "074028.785000", "074029.945000", "074031.105000", "074032.265000", "074033.425000", "074034.585000", "074035.745000", "074036.905000", "074038.065000", "074039.225000", "074040.385000", "074041.545000", "074042.705000", "074043.865000", "074045.025000", "074046.185000", "074047.345000", "074048.505000", "074049.665000", "074050.825000", "074051.985000", "074053.145000", "074054.305000", "074055.465000", "074056.625000", "074057.785000", "074058.945000", "074100.105000", "074101.265000", "074102.425000", "074103.585000", "074104.745000", "074105.905000", "074107.065000", "074108.225000", "074109.385000", "074110.545000", "074111.705000", "074112.865000", "074114.025000", "074115.185000", "074116.345000", "074117.505000", "074118.665000", "074119.825000", "074120.985000", "074122.145000", "074123.305000", "074124.465000", "074125.625000", "074126.785000", "074127.945000", "074129.105000", "074130.265000", "074131.425000", "074132.585000", "074133.745000", "074134.905000", "074136.065000", "074137.225000", "074138.385000", "074139.545000", "074140.705000", "074141.865000", "074143.025000", "074144.185000", "074145.345000", "074146.505000", "074147.665000", "074148.825000", "074149.985000", "074151.145000", "074152.305000", "074153.465000", "074154.625000", "074155.785000"], "ContentTime": ["073212.671000", "073218.437000", "073218.437000", "073218.453000", "073218.453000", "073218.453000", "073223.437000", "073223.437000", "073223.453000", "073223.453000", "073228.437000", "073228.437000", "073228.437000", "073228.453000", "073233.437000", "073233.437000", "073233.437000", "073233.453000", "073238.437000", "073238.437000", "073238.437000", "073238.453000", "073243.437000", "073243.437000", "073243.437000", "073243.453000", "073248.437000", "073248.437000", "073248.437000", "073248.453000", "073253.437000", "073253.437000", "073253.437000", "073253.453000", "073258.437000", "073258.437000", "073258.453000", "073258.453000", "073303.437000", "073303.437000", "073303.437000", "073303.453000", "073308.437000", "073308.437000", "073308.437000", "073308.453000", "073313.437000", "073313.437000", "073313.437000", "073313.453000", "073318.437000", "073318.437000", "073318.437000", "073318.453000", "073323.437000", "073323.437000", "073323.437000", "073323.453000", "073328.437000", "073328.437000", "073328.437000", "073328.453000", "073333.437000", "073333.437000", "073333.437000", "073333.453000", "073338.437000", "073338.437000", "073338.437000", "073338.453000", "073343.437000", "073343.437000", "073343.453000", "073343.453000", "073343.453000", "073348.437000", "073348.437000", "073348.437000", "073353.437000", "073353.437000", "073353.453000", "073353.453000", "073353.453000", "073358.437000", "073358.437000", "073358.437000", "073358.453000", "073403.437000", "073403.437000", "073403.437000", "073403.453000", "073408.437000", "073408.437000", "073408.437000", "073408.453000", "073413.437000", "073413.437000", "073413.437000", "073413.453000", "073418.437000", "073418.437000", "073418.437000", "073418.453000", "073423.437000", "073423.437000", "073423.437000", "073423.453000", "073428.437000", "073428.437000", "073428.437000", "073428.453000", "073433.437000", "073433.437000", "073433.437000", "073433.453000", "073438.437000", "073438.437000", "073438.437000", "073438.453000", "073443.437000", "073443.437000", "073443.453000", "073443.453000", "073448.437000", "073448.437000", "073448.437000", "073448.453000", "073448.453000", "073453.437000", "073453.437000", "073453.437000", "073458.437000", "073458.437000", "073458.437000", "073458.453000", "073458.453000", "073503.437000", "073503.437000", "073503.437000", "073503.453000", "073508.437000", "073508.453000", "073508.453000", "073508.453000", "073513.437000", "073513.437000", "073513.437000", "073513.453000", "073518.437000", "073518.437000", "073518.437000", "073518.453000", "073523.437000", "073523.437000", "073523.437000", "073523.453000", "073523.453000", "073528.437000", "073528.437000", "073528.437000", "073533.437000", "073533.437000", "073533.437000", "073533.453000", "073538.437000", "073538.437000", "073538.437000", "073538.453000", "073543.437000", "073543.437000", "073543.437000", "073543.453000", "073548.437000", "073548.437000", "073548.437000", "073548.453000", "073548.453000", "073553.437000", "073553.453000", "073553.453000", "073553.453000", "073558.437000", "073558.437000", "073558.437000", "073558.453000", "073603.437000", "073603.437000", "073603.437000", "073608.437000", "073608.437000", "073608.437000", "073608.453000", "073608.453000", "073613.437000", "073613.453000", "073613.453000", "073613.453000", "073618.437000", "073618.453000", "073618.453000", "073618.453000", "073623.437000", "073623.437000", "073623.437000", "073623.453000", "073628.437000", "073628.437000", "073628.437000", "073628.453000", "073633.437000", "073633.453000", "073633.453000", "073633.453000", "073638.437000", "073638.437000", "073638.437000", "073638.453000", "073643.437000", "073643.437000", "073643.437000", "073643.453000", "073648.437000", "073648.437000", "073648.437000", "073648.453000", "073653.437000", "073653.437000", "073653.437000", "073653.453000", "073658.437000", "073658.437000", "073658.437000", "073703.437000", "073703.437000", "073703.437000", "073703.468000", "073708.437000", "073708.437000", "073708.437000", "073708.453000", "073713.437000", "073713.437000", "073713.437000", "073713.453000", "073718.437000", "073718.437000", "073718.437000", "073718.453000", "073723.437000", "073723.437000", "073723.453000", "073728.437000", "073728.437000", "073728.453000", "073728.453000", "073733.437000", "073733.437000", "073733.437000", "073733.453000", "073738.437000", "073738.437000", "073738.437000", "073738.453000", "073743.437000", "073743.437000", "073743.437000", "073743.453000", "073748.437000", "073748.437000", "073748.453000", "073753.437000", "073753.437000", "073753.437000", "073753.453000", "073753.453000", "073758.437000", "073758.437000", "073758.437000", "073803.437000", "073803.437000", "073803.437000", "073803.453000", "073808.437000", "073808.437000", "073808.453000", "073808.453000", "073808.453000", "073813.437000", "073813.437000", "073813.437000", "073818.437000", "073818.437000", "073818.437000", "073818.453000", "073828.437000", "073828.437000", "073828.437000", "073828.453000", "073828.453000", "073828.453000", "073828.453000", "073828.453000", "073833.437000", "073833.437000", "073833.437000", "073838.437000", "073838.437000", "073838.437000", "073838.453000", "073843.437000", "073843.437000", "073843.437000", "073843.453000", "073848.437000", "073848.437000", "073848.437000", "073848.453000", "073853.437000", "073853.437000", "073853.437000", "073853.453000", "073858.437000", "073858.437000", "073858.437000", "073858.453000", "073903.437000", "073903.437000", "073903.437000", "073903.453000", "073908.437000", "073908.437000", "073908.437000", "073913.437000", "073913.437000", "073913.437000", "073913.453000", "073913.453000", "073918.437000", "073918.437000", "073918.453000", "073923.437000", "073923.437000", "073923.437000", "073923.453000", "073928.437000", "073928.453000", "073928.453000", "073928.453000", "073933.437000", "073933.437000", "073933.437000", "073933.453000", "073938.437000", "073938.437000", "073938.437000", "073938.468000", "073943.437000", "073943.437000", "073943.453000", "073943.453000", "073948.437000", "073948.437000", "073948.453000", "073948.453000", "073953.437000", "073953.437000", "073953.437000", "073953.453000", "073958.437000", "073958.437000", "073958.437000", "074003.437000", "074003.437000", "074003.437000", "074003.453000", "074008.437000", "074008.453000", "074008.453000", "074008.453000", "074013.437000", "074013.437000", "074013.437000", "074013.453000", "074018.437000", "074018.437000", "074018.437000", "074018.453000", "074023.437000", "074023.437000", "074023.437000", "074023.453000", "074028.437000", "074028.437000", "074028.437000", "074033.437000", "074033.437000", "074033.437000", "074033.453000", "074038.437000", "074038.437000", "074038.437000", "074038.453000", "074043.437000", "074043.437000", "074043.437000", "074043.453000", "074048.437000", "074048.437000", "074048.437000", "074048.453000", "074053.437000", "074053.437000", "074053.437000", "074053.453000", "074058.437000", "074058.437000", "074058.437000", "074103.437000", "074103.437000", "074103.437000", "074103.453000", "074108.437000", "074108.437000", "074108.453000", "074108.453000", "074113.437000", "074113.437000", "074113.437000", "074113.453000", "074113.453000", "074118.437000", "074118.437000", "074118.437000", "074123.437000", "074123.437000", "074123.437000", "074123.453000", "074128.437000", "074128.437000", "074128.437000", "074128.453000", "074128.453000", "074133.437000", "074133.437000", "074133.437000", "074133.453000", "074138.437000", "074138.437000", "074138.437000", "074143.437000", "074143.453000", "074143.453000", "074143.453000", "074148.437000", "074148.437000", "074148.437000", "074148.453000", "074153.437000", "074153.437000", "074153.437000", "074153.453000", "074158.437000", "074158.437000", "074158.437000", "074158.453000", "074203.437000", "074203.437000", "074203.453000", "074203.453000", "074208.437000", "074208.437000", "074208.453000", "074208.453000", "074208.453000", "074213.437000", "074213.437000", "074213.437000", "074213.453000", "074218.437000", "074218.437000", "074218.453000", "074218.468000", "074223.437000", "074223.437000", "074223.437000", "074223.453000", "074223.453000", "074228.437000", "074228.437000", "074228.437000", "074228.453000", "074233.437000", "074233.437000", "074233.437000", "074233.453000", "074238.437000", "074238.468000", "074238.468000", "074238.484000", "074238.484000", "074243.437000", "074243.437000", "074243.437000", "074243.453000", "074248.437000", "074248.437000", "074248.437000", "074248.453000", "074253.437000", "074253.437000", "074253.437000", "074253.453000", "074258.437000", "074258.437000", "074258.437000", "074258.453000", "074259.859000", "074259.859000"], "InstanceCreationTime": ["073212.671000", "073218.437000", "073218.437000", "073218.453000", "073218.453000", "073218.453000", "073223.437000", "073223.437000", "073223.453000", "073223.453000", "073228.437000", "073228.437000", "073228.437000", "073228.453000", "073233.437000", "073233.437000", "073233.437000", "073233.453000", "073238.437000", "073238.437000", "073238.437000", "073238.453000", "073243.437000", "073243.437000", "073243.437000", "073243.453000", "073248.437000", "073248.437000", "073248.437000", "073248.453000", "073253.437000", "073253.437000", "073253.437000", "073253.453000", "073258.437000", "073258.437000", "073258.453000", "073258.453000", "073303.437000", "073303.437000", "073303.437000", "073303.453000", "073308.437000", "073308.437000", "073308.437000", "073308.453000", "073313.437000", "073313.437000", "073313.437000", "073313.453000", "073318.437000", "073318.437000", "073318.437000", "073318.453000", "073323.437000", "073323.437000", "073323.437000", "073323.453000", "073328.437000", "073328.437000", "073328.437000", "073328.453000", "073333.437000", "073333.437000", "073333.437000", "073333.453000", "073338.437000", "073338.437000", "073338.437000", "073338.453000", "073343.437000", "073343.437000", "073343.453000", "073343.453000", "073343.453000", "073348.437000", "073348.437000", "073348.437000", "073353.437000", "073353.437000", "073353.453000", "073353.453000", "073353.453000", "073358.437000", "073358.437000", "073358.437000", "073358.453000", "073403.437000", "073403.437000", "073403.437000", "073403.453000", "073408.437000", "073408.437000", "073408.437000", "073408.453000", "073413.437000", "073413.437000", "073413.437000", "073413.453000", "073418.437000", "073418.437000", "073418.437000", "073418.453000", "073423.437000", "073423.437000", "073423.437000", "073423.453000", "073428.437000", "073428.437000", "073428.437000", "073428.453000", "073433.437000", "073433.437000", "073433.437000", "073433.453000", "073438.437000", "073438.437000", "073438.437000", "073438.453000", "073443.437000", "073443.437000", "073443.453000", "073443.453000", "073448.437000", "073448.437000", "073448.437000", "073448.453000", "073448.453000", "073453.437000", "073453.437000", "073453.437000", "073458.437000", "073458.437000", "073458.437000", "073458.453000", "073458.453000", "073503.437000", "073503.437000", "073503.437000", "073503.453000", "073508.437000", "073508.453000", "073508.453000", "073508.453000", "073513.437000", "073513.437000", "073513.437000", "073513.453000", "073518.437000", "073518.437000", "073518.437000", "073518.453000", "073523.437000", "073523.437000", "073523.437000", "073523.453000", "073523.453000", "073528.437000", "073528.437000", "073528.437000", "073533.437000", "073533.437000", "073533.437000", "073533.453000", "073538.437000", "073538.437000", "073538.437000", "073538.453000", "073543.437000", "073543.437000", "073543.437000", "073543.453000", "073548.437000", "073548.437000", "073548.437000", "073548.453000", "073548.453000", "073553.437000", "073553.453000", "073553.453000", "073553.453000", "073558.437000", "073558.437000", "073558.437000", "073558.453000", "073603.437000", "073603.437000", "073603.437000", "073608.437000", "073608.437000", "073608.437000", "073608.453000", "073608.453000", "073613.437000", "073613.453000", "073613.453000", "073613.453000", "073618.437000", "073618.453000", "073618.453000", "073618.453000", "073623.437000", "073623.437000", "073623.437000", "073623.453000", "073628.437000", "073628.437000", "073628.437000", "073628.453000", "073633.437000", "073633.453000", "073633.453000", "073633.453000", "073638.437000", "073638.437000", "073638.437000", "073638.453000", "073643.437000", "073643.437000", "073643.437000", "073643.453000", "073648.437000", "073648.437000", "073648.437000", "073648.453000", "073653.437000", "073653.437000", "073653.437000", "073653.453000", "073658.437000", "073658.437000", "073658.437000", "073703.437000", "073703.437000", "073703.437000", "073703.468000", "073708.437000", "073708.437000", "073708.437000", "073708.453000", "073713.437000", "073713.437000", "073713.437000", "073713.453000", "073718.437000", "073718.437000", "073718.437000", "073718.453000", "073723.437000", "073723.437000", "073723.453000", "073728.437000", "073728.437000", "073728.453000", "073728.453000", "073733.437000", "073733.437000", "073733.437000", "073733.453000", "073738.437000", "073738.437000", "073738.437000", "073738.453000", "073743.437000", "073743.437000", "073743.437000", "073743.453000", "073748.437000", "073748.437000", "073748.453000", "073753.437000", "073753.437000", "073753.437000", "073753.453000", "073753.453000", "073758.437000", "073758.437000", "073758.437000", "073803.437000", "073803.437000", "073803.437000", "073803.453000", "073808.437000", "073808.437000", "073808.453000", "073808.453000", "073808.453000", "073813.437000", "073813.437000", "073813.437000", "073818.437000", "073818.437000", "073818.437000", "073818.453000", "073828.437000", "073828.437000", "073828.437000", "073828.453000", "073828.453000", "073828.453000", "073828.453000", "073828.453000", "073833.437000", "073833.437000", "073833.437000", "073838.437000", "073838.437000", "073838.437000", "073838.453000", "073843.437000", "073843.437000", "073843.437000", "073843.453000", "073848.437000", "073848.437000", "073848.437000", "073848.453000", "073853.437000", "073853.437000", "073853.437000", "073853.453000", "073858.437000", "073858.437000", "073858.437000", "073858.453000", "073903.437000", "073903.437000", "073903.437000", "073903.453000", "073908.437000", "073908.437000", "073908.437000", "073913.437000", "073913.437000", "073913.437000", "073913.453000", "073913.453000", "073918.437000", "073918.437000", "073918.453000", "073923.437000", "073923.437000", "073923.437000", "073923.453000", "073928.437000", "073928.453000", "073928.453000", "073928.453000", "073933.437000", "073933.437000", "073933.437000", "073933.453000", "073938.437000", "073938.437000", "073938.437000", "073938.468000", "073943.437000", "073943.437000", "073943.453000", "073943.453000", "073948.437000", "073948.437000", "073948.453000", "073948.453000", "073953.437000", "073953.437000", "073953.437000", "073953.453000", "073958.437000", "073958.437000", "073958.437000", "074003.437000", "074003.437000", "074003.437000", "074003.453000", "074008.437000", "074008.453000", "074008.453000", "074008.453000", "074013.437000", "074013.437000", "074013.437000", "074013.453000", "074018.437000", "074018.437000", "074018.437000", "074018.453000", "074023.437000", "074023.437000", "074023.437000", "074023.453000", "074028.437000", "074028.437000", "074028.437000", "074033.437000", "074033.437000", "074033.437000", "074033.453000", "074038.437000", "074038.437000", "074038.437000", "074038.453000", "074043.437000", "074043.437000", "074043.437000", "074043.453000", "074048.437000", "074048.437000", "074048.437000", "074048.453000", "074053.437000", "074053.437000", "074053.437000", "074053.453000", "074058.437000", "074058.437000", "074058.437000", "074103.437000", "074103.437000", "074103.437000", "074103.453000", "074108.437000", "074108.437000", "074108.453000", "074108.453000", "074113.437000", "074113.437000", "074113.437000", "074113.453000", "074113.453000", "074118.437000", "074118.437000", "074118.437000", "074123.437000", "074123.437000", "074123.437000", "074123.453000", "074128.437000", "074128.437000", "074128.437000", "074128.453000", "074128.453000", "074133.437000", "074133.437000", "074133.437000", "074133.453000", "074138.437000", "074138.437000", "074138.437000", "074143.437000", "074143.453000", "074143.453000", "074143.453000", "074148.437000", "074148.437000", "074148.437000", "074148.453000", "074153.437000", "074153.437000", "074153.437000", "074153.453000", "074158.437000", "074158.437000", "074158.437000", "074158.453000", "074203.437000", "074203.437000", "074203.453000", "074203.453000", "074208.437000", "074208.437000", "074208.453000", "074208.453000", "074208.453000", "074213.437000", "074213.437000", "074213.437000", "074213.453000", "074218.437000", "074218.437000", "074218.453000", "074218.468000", "074223.437000", "074223.437000", "074223.437000", "074223.453000", "074223.453000", "074228.437000", "074228.437000", "074228.437000", "074228.453000", "074233.437000", "074233.437000", "074233.437000", "074233.453000", "074238.437000", "074238.468000", "074238.468000", "074238.484000", "074238.484000", "074243.437000", "074243.437000", "074243.437000", "074243.453000", "074248.437000", "074248.437000", "074248.437000", "074248.453000", "074253.437000", "074253.437000", "074253.437000", "074253.453000", "074258.437000", "074258.437000", "074258.437000", "074258.453000", "074259.859000", "074259.859000"], "InstanceNumber": [1, 2, 3, 4, 5, 6, 7, 8, 9, 10, 11, 12, 13, 14, 15, 16, 17, 18, 19, 20, 21, 22, 23, 24, 25, 26, 27, 28, 29, 30, 31, 32, 33, 34, 35, 36, 37, 38, 39, 40, 41, 42, 43, 44, 45, 46, 47, 48, 49, 50, 51, 52, 53, 54, 55, 56, 57, 58, 59, 60, 61, 62, 63, 64, 65, 66, 67, 68, 69, 70, 71, 72, 73, 74, 75, 76, 77, 78, 79, 80, 81, 82, 83, 84, 85, 86, 87, 88, 89, 90, 91, 92, 93, 94, 95, 96, 97, 98, 99, 100, 101, 102, 103, 104, 105, 106, 107, 108, 109, 110, 111, 112, 113, 114, 115, 116, 117, 118, 119, 120, 121, 122, 123, 124, 125, 126, 127, 128, 129, 130, 131, 132, 133, 134, 135, 136, 137, 138, 139, 140, 141, 142, 143, 144, 145, 146, 147, 148, 149, 150, 151, 152, 153, 154, 155, 156, 157, 158, 159, 160, 161, 162, 163, 164, 165, 166, 167, 168, 169, 170, 171, 172, 173, 174, 175, 176, 177, 178, 179, 180, 181, 182, 183, 184, 185, 186, 187, 188, 189, 190, 191, 192, 193, 194, 195, 196, 197, 198, 199, 200, 201, 202, 203, 204, 205, 206, 207, 208, 209, 210, 211, 212, 213, 214, 215, 216, 217, 218, 219, 220, 221, 222, 223, 224, 225, 226, 227, 228, 229, 230, 231, 232, 233, 234, 235, 236, 237, 238, 239, 240, 241, 242, 243, 244, 245, 246, 247, 248, 249, 250, 251, 252, 253, 254, 255, 256, 257, 258, 259, 260, 261, 262, 263, 264, 265, 266, 267, 268, 269, 270, 271, 272, 273, 274, 275, 276, 277, 278, 279, 280, 281, 282, 283, 284, 285, 286, 287, 288, 289, 290, 291, 292, 293, 294, 295, 296, 297, 298, 299, 300, 301, 302, 303, 304, 305, 306, 307, 308, 309, 310, 311, 312, 313, 314, 315, 316, 317, 318, 319, 320, 321, 322, 323, 324, 325, 326, 327, 328, 329, 330, 331, 332, 333, 334, 335, 336, 337, 338, 339, 340, 341, 342, 343, 344, 345, 346, 347, 348, 349, 350, 351, 352, 353, 354, 355, 356, 357, 358, 359, 360, 361, 362, 363, 364, 365, 366, 367, 368, 369, 370, 371, 372, 373, 374, 375, 376, 377, 378, 379, 380, 381, 382, 383, 384, 385, 386, 387, 388, 389, 390, 391, 392, 393, 394, 395, 396, 397, 398, 399, 400, 401, 402, 403, 404, 405, 406, 407, 408, 409, 410, 411, 412, 413, 414, 415, 416, 417, 418, 419, 420, 421, 422, 423, 424, 425, 426, 427, 428, 429, 430, 431, 432, 433, 434, 435, 436, 437, 438, 439, 440, 441, 442, 443, 444, 445, 446, 447, 448, 449, 450, 451, 452, 453, 454, 455, 456, 457, 458, 459, 460, 461, 462, 463, 464, 465, 466, 467, 468, 469, 470, 471, 472, 473, 474, 475, 476, 477, 478, 479, 480, 481, 482, 483, 484, 485, 486, 487, 488, 489, 490, 491, 492, 493, 494, 495, 496, 497, 498, 499, 500, 501, 502, 503, 504, 505, 506, 507, 508, 509, 510, 511, 512, 513, 514, 515, 516, 517, 518], "LargestImagePixelValue": [21580, 21303, 21142, 20975, 20939, 20791, 20845, 21259, 21027, 20990, 21006, 22873, 21190, 21321, 20969, 21168, 21155, 21387, 21390, 24126, 21255, 22345, 21103, 21030, 21342, 21491, 21463, 21553, 21123, 21368, 24513, 21449, 21412, 21521, 21407, 21359, 21564, 21254, 21474, 21490, 21348, 21448, 21300, 21137, 21552, 21955, 21423, 23090, 21156, 21241, 21196, 23143, 21052, 21365, 21801, 21083, 20858, 21157, 20698, 21330, 21266, 21305, 20909, 20862, 20730, 21229, 20987, 21210, 23301, 21014, 21629, 20923, 20619, 20886, 20915, 21652, 20821, 20898, 20872, 20669, 21616, 20782, 22177, 20802, 20865, 21059, 20720, 20729, 20840, 21144, 20866, 20839, 20678, 20685, 20781, 21605, 20849, 20750, 20526, 20563, 20622, 20703, 20603, 20788, 20685, 20659, 20607, 21975, 20582, 21594, 20553, 20918, 20945, 23121, 21200, 21371, 20448, 21012, 20537, 20511, 20227, 20260, 21949, 21908, 20897, 20438, 20543, 21044, 20722, 21440, 20374, 20715, 20341, 20952, 21079, 20514, 21432, 23248, 20281, 20377, 21288, 20389, 20996, 21374, 20596, 21048, 21858, 20433, 22481, 21528, 21563, 21091, 20920, 20452, 20982, 20509, 21561, 20829, 20774, 21982, 20620, 21457, 22204, 20492, 20666, 20507, 20539, 20610, 21705, 21044, 20392, 23138, 20525, 20425, 20318, 20473, 20377, 20439, 20642, 20736, 22065, 20431, 21099, 20888, 21317, 20633, 20539, 21403, 20501, 21057, 20709, 20515, 20411, 20494, 20644, 20515, 20427, 21101, 20533, 20992, 22173, 21708, 20601, 22392, 20601, 20612, 21929, 21041, 21709, 21140, 20708, 22268, 20647, 20502, 20681, 20841, 20801, 20817, 20396, 21356, 20314, 20656, 20647, 21289, 20478, 21104, 20474, 20886, 20653, 20740, 24095, 21458, 21319, 20544, 21349, 21346, 20543, 22130, 21339, 22320, 20617, 20754, 21226, 20529, 20445, 20572, 20560, 21121, 22137, 21359, 20426, 21477, 20822, 20632, 20454, 20502, 20789, 21764, 23723, 20557, 21042, 20710, 20645, 20496, 21928, 23466, 21030, 20907, 20732, 22318, 20584, 20513, 22399, 20527, 20708, 20602, 21627, 23314, 20466, 20434, 20919, 20611, 20529, 22201, 20638, 20450, 20462, 20486, 21214, 20588, 20497, 21392, 20393, 21634, 21193, 20592, 20786, 20566, 20627, 21064, 20450, 21333, 20458, 20659, 22285, 20498, 22428, 20503, 21108, 20660, 20885, 20311, 20696, 20610, 21081, 20350, 20671, 20393, 20655, 20329, 21285, 20349, 21000, 20691, 20686, 21906, 21431, 20438, 22583, 20545, 20397, 20682, 21004, 20340, 23169, 20618, 20945, 21586, 20307, 20925, 20555, 20568, 20561, 20680, 20376, 20396, 22380, 20602, 21851, 20718, 21190, 20520, 20479, 20384, 21531, 20213, 22153, 20384, 20414, 20485, 22297, 20359, 20554, 20794, 20345, 20658, 20483, 21700, 20570, 20708, 20508, 21623, 20524, 20641, 20406, 21100, 20451, 21376, 20507, 20773, 21249, 23073, 20716, 21030, 22336, 21268, 20539, 20395, 20462, 22264, 22451, 20441, 20468, 22533, 20519, 21143, 20635, 20672, 21116, 21755, 21103, 20701, 22901, 20402, 20408, 23253, 20693, 20560, 21171, 20525, 20468, 21494, 20381, 20670, 20838, 20732, 20758, 20494, 20744, 20546, 20728, 20696, 20553, 20539, 20888, 20429, 22275, 20612, 21248, 22963, 20475, 21471, 20501, 20670, 20673, 20554, 20634, 22470, 20464, 20436, 20405, 20644, 21122, 21549, 20543, 20381, 20423, 20671, 20679, 20710, 20611, 20824, 20943, 20358, 21511, 20676, 20836, 21844, 20505, 20396, 21963, 20653, 21739, 20710, 20612, 22915, 20549, 21663, 20673, 20579, 20584, 20629, 20566, 20814, 20795, 20665, 20443, 20914, 20395, 20697, 20497, 20384, 20330, 20674, 20574, 20956, 20905, 20424, 22030, 20645, 20800, 21958, 20614, 21371, 20535, 20766, 21141, 20808, 20580, 22792, 20428, 21888, 20604, 20778, 20528, 21718, 20678, 20668, 21374, 20497, 20533, 21348, 20776, 21651, 20683, 21650, 20457, 20574], "WindowCenter": [9501.0, 9494.0, 9479.0, 9503.0, 9501.0, 9510.0, 9508.0, 9490.0, 9500.0, 9489.0, 9493.0, 9507.0, 9487.0, 9498.0, 9496.0, 9511.0, 9517.0, 9526.0, 9542.0, 9523.0, 9513.0, 9516.0, 9502.0, 9507.0, 9514.0, 9505.0, 9479.0, 9515.0, 9508.0, 9506.0, 9522.0, 9483.0, 9507.0, 9487.0, 9497.0, 9506.0, 9520.0, 9498.0, 9509.0, 9486.0, 9479.0, 9495.0, 9510.0, 9495.0, 9520.0, 9513.0, 9487.0, 9497.0, 9495.0, 9496.0, 9483.0, 9508.0, 9473.0, 9481.0, 9491.0, 9487.0, 9492.0, 9484.0, 9505.0, 9503.0, 9481.0, 9488.0, 9486.0, 9475.0, 9489.0, 9498.0, 9505.0, 9492.0, 9496.0, 9493.0, 9494.0, 9480.0, 9475.0, 9495.0, 9479.0, 9489.0, 9473.0, 9467.0, 9474.0, 9484.0, 9507.0, 9501.0, 9500.0, 9501.0, 9509.0, 9504.0, 9490.0, 9520.0, 9485.0, 9500.0, 9489.0, 9493.0, 9493.0, 9497.0, 9490.0, 9483.0, 9479.0, 9481.0, 9472.0, 9481.0, 9498.0, 9474.0, 9475.0, 9491.0, 9491.0, 9497.0, 9505.0, 9513.0, 9477.0, 9473.0, 9486.0, 9486.0, 9469.0, 9501.0, 9491.0, 9496.0, 9470.0, 9489.0, 9477.0, 9479.0, 9490.0, 9488.0, 9490.0, 9468.0, 9474.0, 9478.0, 9482.0, 9508.0, 9501.0, 9493.0, 9482.0, 9471.0, 9490.0, 9484.0, 9489.0, 9502.0, 9478.0, 9496.0, 9475.0, 9477.0, 9517.0, 9510.0, 9514.0, 9497.0, 9490.0, 9494.0, 9486.0, 9484.0, 9483.0, 9481.0, 9465.0, 9463.0, 9465.0, 9477.0, 9465.0, 9480.0, 9463.0, 9474.0, 9487.0, 9482.0, 9464.0, 9470.0, 9485.0, 9478.0, 9476.0, 9481.0, 9468.0, 9479.0, 9477.0, 9483.0, 9498.0, 9496.0, 9462.0, 9459.0, 9476.0, 9469.0, 9467.0, 9474.0, 9486.0, 9482.0, 9470.0, 9463.0, 9460.0, 9470.0, 9472.0, 9472.0, 9458.0, 9471.0, 9475.0, 9470.0, 9487.0, 9505.0, 9492.0, 9483.0, 9491.0, 9465.0, 9479.0, 9494.0, 9481.0, 9465.0, 9482.0, 9478.0, 9467.0, 9480.0, 9464.0, 9463.0, 9452.0, 9460.0, 9456.0, 9469.0, 9478.0, 9492.0, 9473.0, 9475.0, 9475.0, 9477.0, 9482.0, 9469.0, 9468.0, 9475.0, 9472.0, 9466.0, 9478.0, 9477.0, 9458.0, 9475.0, 9468.0, 9479.0, 9494.0, 9463.0, 9497.0, 9468.0, 9481.0, 9454.0, 9486.0, 9449.0, 9458.0, 9447.0, 9451.0, 9465.0, 9466.0, 9463.0, 9475.0, 9472.0, 9464.0, 9457.0, 9464.0, 9467.0, 9469.0, 9454.0, 9458.0, 9465.0, 9476.0, 9472.0, 9462.0, 9447.0, 9454.0, 9483.0, 9495.0, 9481.0, 9484.0, 9482.0, 9480.0, 9478.0, 9495.0, 9480.0, 9478.0, 9473.0, 9455.0, 9445.0, 9452.0, 9433.0, 9445.0, 9454.0, 9443.0, 9459.0, 9459.0, 9478.0, 9448.0, 9461.0, 9459.0, 9451.0, 9465.0, 9460.0, 9434.0, 9446.0, 9442.0, 9454.0, 9471.0, 9480.0, 9485.0, 9451.0, 9445.0, 9451.0, 9438.0, 9437.0, 9444.0, 9447.0, 9461.0, 9473.0, 9481.0, 9491.0, 9465.0, 9463.0, 9469.0, 9457.0, 9475.0, 9461.0, 9460.0, 9449.0, 9459.0, 9452.0, 9444.0, 9438.0, 9432.0, 9441.0, 9430.0, 9414.0, 9427.0, 9435.0, 9428.0, 9420.0, 9444.0, 9439.0, 9440.0, 9463.0, 9472.0, 9462.0, 9463.0, 9463.0, 9476.0, 9462.0, 9474.0, 9442.0, 9477.0, 9463.0, 9461.0, 9455.0, 9458.0, 9443.0, 9467.0, 9457.0, 9445.0, 9446.0, 9446.0, 9449.0, 9469.0, 9475.0, 9459.0, 9443.0, 9458.0, 9452.0, 9445.0, 9448.0, 9465.0, 9453.0, 9463.0, 9465.0, 9451.0, 9465.0, 9449.0, 9456.0, 9456.0, 9460.0, 9461.0, 9448.0, 9449.0, 9468.0, 9454.0, 9458.0, 9473.0, 9474.0, 9467.0, 9467.0, 9449.0, 9437.0, 9433.0, 9456.0, 9448.0, 9449.0, 9463.0, 9473.0, 9448.0, 9442.0, 9451.0, 9430.0, 9425.0, 9438.0, 9431.0, 9453.0, 9443.0, 9452.0, 9449.0, 9458.0, 9426.0, 9456.0, 9457.0, 9471.0, 9454.0, 9456.0, 9456.0, 9468.0, 9481.0, 9451.0, 9456.0, 9474.0, 9452.0, 9451.0, 9453.0, 9446.0, 9429.0, 9439.0, 9432.0, 9442.0, 9437.0, 9450.0, 9430.0, 9449.0, 9457.0, 9445.0, 9449.0, 9438.0, 9420.0, 9422.0, 9424.0, 9430.0, 9446.0, 9428.0, 9438.0, 9429.0, 9434.0, 9429.0, 9445.0, 9441.0, 9444.0, 9445.0, 9431.0, 9435.0, 9425.0, 9431.0, 9431.0, 9450.0, 9451.0, 9467.0, 9446.0, 9455.0, 9416.0, 9450.0, 9434.0, 9450.0, 9435.0, 9436.0, 9428.0, 9445.0, 9435.0, 9445.0, 9459.0, 9443.0, 9434.0, 9437.0, 9444.0, 9435.0, 9449.0, 9451.0, 9439.0, 9469.0, 9434.0, 9444.0, 9444.0, 9434.0, 9430.0, 9421.0, 9420.0, 9439.0, 9464.0, 9444.0, 9441.0, 9437.0, 9445.0, 9449.0, 9446.0, 9430.0, 9436.0, 9429.0, 9425.0, 9432.0, 9419.0, 9421.0, 9439.0, 9441.0, 9444.0, 9427.0, 9439.0, 9437.0, 9434.0, 9456.0, 9464.0, 9467.0, 9462.0, 9471.0, 9442.0, 9442.0, 9436.0, 9432.0, 9441.0, 9438.0, 9427.0, 9449.0, 9454.0, 9440.0, 9427.0, 9437.0, 9433.0, 9425.0, 9422.0, 9430.0, 9420.0, 9419.0], "WindowWidth": [20033.0, 20013.0, 19984.0, 20031.0, 20024.0, 20038.0, 20038.0, 20002.0, 20020.0, 19998.0, 20005.0, 20027.0, 19994.0, 20012.0, 20011.0, 20042.0, 20056.0, 20081.0, 20107.0, 20070.0, 20048.0, 20053.0, 20023.0, 20031.0, 20044.0, 20029.0, 19981.0, 20049.0, 20040.0, 20032.0, 20057.0, 19988.0, 20028.0, 19992.0, 20014.0, 20030.0, 20058.0, 20019.0, 20035.0, 19990.0, 19975.0, 20010.0, 20039.0, 20014.0, 20061.0, 20046.0, 19997.0, 20013.0, 20009.0, 20012.0, 19988.0, 20029.0, 19965.0, 19978.0, 19996.0, 19989.0, 20003.0, 19994.0, 20029.0, 20026.0, 19985.0, 19993.0, 19990.0, 19969.0, 19995.0, 20017.0, 20028.0, 20000.0, 20006.0, 20003.0, 20004.0, 19978.0, 19967.0, 20004.0, 19974.0, 19988.0, 19961.0, 19953.0, 19968.0, 19989.0, 20031.0, 20019.0, 20016.0, 20018.0, 20036.0, 20025.0, 20004.0, 20058.0, 19992.0, 20015.0, 19997.0, 20004.0, 20003.0, 20013.0, 19996.0, 19981.0, 19973.0, 19980.0, 19964.0, 19981.0, 20011.0, 19968.0, 19968.0, 20000.0, 20003.0, 20015.0, 20030.0, 20042.0, 19976.0, 19965.0, 19989.0, 19989.0, 19958.0, 20012.0, 19997.0, 20007.0, 19959.0, 19991.0, 19974.0, 19978.0, 19999.0, 19995.0, 19994.0, 19950.0, 19962.0, 19973.0, 19982.0, 20031.0, 20020.0, 20002.0, 19981.0, 19959.0, 19995.0, 19981.0, 19992.0, 20018.0, 19974.0, 20000.0, 19968.0, 19974.0, 20048.0, 20042.0, 20050.0, 20016.0, 20003.0, 20005.0, 19989.0, 19984.0, 19980.0, 19973.0, 19944.0, 19938.0, 19946.0, 19972.0, 19948.0, 19974.0, 19941.0, 19962.0, 19989.0, 19978.0, 19946.0, 19956.0, 19980.0, 19970.0, 19967.0, 19973.0, 19949.0, 19973.0, 19972.0, 19984.0, 20012.0, 20005.0, 19942.0, 19936.0, 19969.0, 19952.0, 19950.0, 19965.0, 19986.0, 19975.0, 19953.0, 19945.0, 19938.0, 19953.0, 19958.0, 19961.0, 19931.0, 19952.0, 19964.0, 19956.0, 19990.0, 20028.0, 20002.0, 19980.0, 19997.0, 19947.0, 19972.0, 20002.0, 19977.0, 19947.0, 19977.0, 19964.0, 19948.0, 19969.0, 19941.0, 19937.0, 19918.0, 19938.0, 19923.0, 19949.0, 19969.0, 19994.0, 19963.0, 19964.0, 19964.0, 19969.0, 19978.0, 19953.0, 19951.0, 19964.0, 19957.0, 19949.0, 19972.0, 19967.0, 19935.0, 19963.0, 19953.0, 19979.0, 20003.0, 19945.0, 20000.0, 19952.0, 19973.0, 19926.0, 19987.0, 19917.0, 19930.0, 19909.0, 19918.0, 19940.0, 19948.0, 19945.0, 19964.0, 19960.0, 19940.0, 19930.0, 19945.0, 19946.0, 19949.0, 19923.0, 19929.0, 19941.0, 19964.0, 19957.0, 19938.0, 19909.0, 19925.0, 19980.0, 19999.0, 19973.0, 19983.0, 19976.0, 19973.0, 19970.0, 20008.0, 19978.0, 19975.0, 19964.0, 19922.0, 19897.0, 19908.0, 19871.0, 19891.0, 19915.0, 19895.0, 19928.0, 19932.0, 19964.0, 19913.0, 19931.0, 19929.0, 19917.0, 19942.0, 19927.0, 19882.0, 19905.0, 19903.0, 19920.0, 19954.0, 19974.0, 19979.0, 19914.0, 19903.0, 19910.0, 19886.0, 19887.0, 19898.0, 19903.0, 19934.0, 19963.0, 19977.0, 19994.0, 19947.0, 19939.0, 19948.0, 19928.0, 19960.0, 19938.0, 19934.0, 19912.0, 19928.0, 19911.0, 19899.0, 19886.0, 19872.0, 19887.0, 19865.0, 19837.0, 19862.0, 19877.0, 19864.0, 19850.0, 19891.0, 19884.0, 19893.0, 19935.0, 19951.0, 19934.0, 19933.0, 19935.0, 19963.0, 19933.0, 19954.0, 19896.0, 19956.0, 19933.0, 19929.0, 19917.0, 19927.0, 19899.0, 19940.0, 19925.0, 19902.0, 19901.0, 19905.0, 19912.0, 19946.0, 19959.0, 19930.0, 19899.0, 19922.0, 19912.0, 19900.0, 19908.0, 19937.0, 19918.0, 19933.0, 19940.0, 19919.0, 19939.0, 19909.0, 19919.0, 19921.0, 19929.0, 19929.0, 19904.0, 19904.0, 19940.0, 19923.0, 19928.0, 19956.0, 19954.0, 19942.0, 19944.0, 19910.0, 19883.0, 19876.0, 19918.0, 19909.0, 19909.0, 19936.0, 19948.0, 19903.0, 19893.0, 19906.0, 19867.0, 19858.0, 19878.0, 19873.0, 19917.0, 19896.0, 19911.0, 19905.0, 19922.0, 19867.0, 19925.0, 19929.0, 19951.0, 19920.0, 19921.0, 19921.0, 19948.0, 19968.0, 19914.0, 19922.0, 19947.0, 19913.0, 19913.0, 19915.0, 19902.0, 19869.0, 19888.0, 19873.0, 19890.0, 19881.0, 19905.0, 19868.0, 19904.0, 19921.0, 19897.0, 19904.0, 19883.0, 19848.0, 19848.0, 19852.0, 19867.0, 19892.0, 19864.0, 19881.0, 19861.0, 19873.0, 19866.0, 19899.0, 19891.0, 19895.0, 19898.0, 19871.0, 19875.0, 19863.0, 19868.0, 19871.0, 19910.0, 19912.0, 19939.0, 19902.0, 19920.0, 19846.0, 19903.0, 19879.0, 19906.0, 19877.0, 19878.0, 19867.0, 19898.0, 19878.0, 19901.0, 19925.0, 19893.0, 19875.0, 19884.0, 19893.0, 19877.0, 19906.0, 19911.0, 19888.0, 19939.0, 19883.0, 19898.0, 19899.0, 19878.0, 19868.0, 19851.0, 19847.0, 19887.0, 19936.0, 19899.0, 19891.0, 19880.0, 19892.0, 19901.0, 19897.0, 19868.0, 19876.0, 19865.0, 19859.0, 19872.0, 19845.0, 19848.0, 19877.0, 19884.0, 19896.0, 19864.0, 19887.0, 19881.0, 19874.0, 19921.0, 19941.0, 19944.0, 19933.0, 19947.0, 19893.0, 19888.0, 19879.0, 19872.0, 19889.0, 19881.0, 19861.0, 19907.0, 19915.0, 19887.0, 19863.0, 19877.0, 19867.0, 19855.0, 19849.0, 19859.0, 19845.0, 19844.0]}, "slices": {}}}