{
	"Manufacturer": "GE",
	"ManufacturersModelName": "DISCOVERY_MR750",
	"AcquisitionNumber": 1,
	"InstitutionName": "CNI",
	"DeviceSerialNumber": "00000650723PSYMR",
	"SoftwareVersions": "27_LX_MR_Software_release:DV26.0_R01_1725.a",
	"ScanningSequence": "GR",
	"SequenceVariant": "SS_SK",
	"SeriesDescription": "T1w_.8mm_sag",
	"BodyPartExamined": "EXTREMITY",
	"ProtocolName": "T1w_.8mm_sag",
	"ImageType": ["ORIGINAL", "PRIMARY", "OTHER"],
	"AcquisitionTime": "16:20:47.000000",
	"MagneticFieldStrength": 3,
	"FlipAngle": 12,
	"EchoTime": 0.002868,
	"RepetitionTime": 0.006376,
	"InversionTime": 0.45,
	"PhaseEncodingLines": 300,
	"ConversionSoftware": "dcm2niix",
	"ConversionSoftwareVersion": "v1.0.20170724 (OpenJPEG build) GCC6.1.0"
}
