{
	"Manufacturer": "GE",
	"ManufacturersModelName": "DISCOVERY_MR750",
	"EchoTrainLength": 120,
	"AcquisitionNumber": 1,
	"InstitutionName": "CNI",
	"DeviceSerialNumber": "00000650723PSYMR",
	"SoftwareVersions": "27_LX_MR_Software_release:DV26.0_R01_1725.a",
	"ScanningSequence": "SE",
	"SequenceVariant": "SK",
	"SeriesDescription": "T2w_CUBE_PROMO_.8mm_sag",
	"BodyPartExamined": "EXTREMITY",
	"ProtocolName": "T2w_CUBE_PROMO_.8mm_sag",
	"ImageType": ["ORIGINAL", "PRIMARY", "OTHER"],
	"AcquisitionTime": "16:26:40.000000",
	"MagneticFieldStrength": 3,
	"FlipAngle": 90,
	"EchoTime": 0.075785,
	"RepetitionTime": 2.614,
	"PhaseEncodingLines": 320,
	"ConversionSoftware": "dcm2niix",
	"ConversionSoftwareVersion": "v1.0.20170724 (OpenJPEG build) GCC6.1.0"
}
