{"AcquisitionMatrixPE": 96, "AcquisitionNumber": 1, "AcquisitionTime": "07:40:14.995000", "BandwidthPerPixelPhaseEncode": 33.602, "BaseResolution": 96, "BodyPartExamined": "BRAIN", "ConsistencyInfo": "N4_VD11D_LATEST_20110129", "ConversionSoftware": "dcm2niix", "ConversionSoftwareVersion": "v1.0.20210317", "DerivedVendorReportedEchoSpacing": 0.000620003, "DeviceSerialNumber": "45239", "DwellTime": 2.6e-06, "EchoTime": 0.03, "EchoTrainLength": 48, "EffectiveEchoSpacing": 0.000310001, "FlipAngle": 63, "ImageComments": "Unaliased MB4/PE3", "ImageOrientationPatientDICOM": [0.99999, -0.00387729, 0.00200123, 0.00436329, 0.888609, -0.458645], "ImageType": ["ORIGINAL", "PRIMARY", "M", "ND", "NORM", "MOSAIC"], "ImagingFrequency": 123.193, "InPlanePhaseEncodingDirectionDICOM": "COL", "InstitutionAddress": "E 24th St. 100,Austin,Southmiddle,US,78712", "InstitutionName": "Univ of Texas at Austin", "InstitutionalDepartmentName": "IRC", "MRAcquisitionType": "2D", "MagneticFieldStrength": 3, "Manufacturer": "Siemens", "ManufacturersModelName": "Skyra", "Modality": "MR", "MultibandAccelerationFactor": 4, "ParallelReductionFactorInPlane": 2, "PartialFourier": 1, "PatientPosition": "HFS", "PercentPhaseFOV": 100, "PercentSampling": 100, "PhaseEncodingDirection": "j-", "PhaseEncodingSteps": 96, "PhaseResolution": 1, "PixelBandwidth": 2005, "ProcedureStepDescription": "Poldrack2^self-scanning", "ProtocolName": "N-back fMRI MBEPI_matrix96_BW200", "PulseSequenceDetails": "%CustomerSeq%\\cmrr_mbep2d_bold", "ReceiveCoilActiveElements": "HEA;HEP", "ReceiveCoilName": "Head_32", "ReconMatrixPE": 96, "RefLinesPE": 94, "RepetitionTime": 1.16, "SAR": 0.0866629, "ScanOptions": "FS", "ScanningSequence": "EP", "SequenceName": "epfid2d1_96", "SequenceVariant": "SK", "SeriesDescription": "N-back fMRI MBEPI_matrix96_BW200", "SeriesNumber": 13, "ShimSetting": [-2793, 8075, -15474, 124, -279, 147, 261, -136], "SliceThickness": 2, "SliceTiming": [0, 0.5, 0.9975, 0.3575, 0.855, 0.215, 0.7125, 0.0725, 0.57, 1.07, 0.4275, 0.9275, 0.285, 0.785, 0.1425, 0.6425, 0, 0.5, 0.9975, 0.3575, 0.855, 0.215, 0.7125, 0.0725, 0.57, 1.07, 0.4275, 0.9275, 0.285, 0.785, 0.1425, 0.6425, 0, 0.5, 0.9975, 0.3575, 0.855, 0.215, 0.7125, 0.0725, 0.57, 1.07, 0.4275, 0.9275, 0.285, 0.785, 0.1425, 0.6425, 0, 0.5, 0.9975, 0.3575, 0.855, 0.215, 0.7125, 0.0725, 0.57, 1.07, 0.4275, 0.9275, 0.285, 0.785, 0.1425, 0.6425], "SoftwareVersions": "syngo MR D11", "SpacingBetweenSlices": 2.4, "StationName": "AWP45239", "TaskName": "N-back task", "TotalReadoutTime": 0.0294501, "TxRefAmp": 327.411, "WipMemBlock": "05a99ba0-1f18-42c2-8dac-02a231866067||Sequence: VD11D r195; Nov 21 2012 15:36:10 by eja", "dcmmeta_affine": [[-2.39581036567688, 0.010453714989125729, 3.5911504880914435e-08, 118.8223876953125], [0.009289334528148174, 2.1289584636688232, -1.1007589101791382, -80.66310119628906], [0.004794623702764511, 1.0988373756408691, 2.132681369781494, -90.95084381103516], [0.0, 0.0, 0.0, 1.0]], "dcmmeta_reorient_transform": [[0.0, -1.0, 0.0, 95.0], [1.0, 0.0, 0.0, 0.0], [0.0, 0.0, 1.0, 0.0], [0.0, 0.0, 0.0, 1.0]], "dcmmeta_shape": [96, 96, 64, 380], "dcmmeta_slice_dim": 2, "dcmmeta_version": 0.6, "global": {"const": {"AcquisitionMatrix": [96, 0, 0, 96], "AngioFlag": "N", "BitsAllocated": 16, "BitsStored": 16, "BodyPartExamined": "BRAIN", "Columns": 768, "EchoNumbers": 1, "EchoTime": 30.0, "EchoTrainLength": 48, "FlipAngle": 63.0, "HighBit": 15, "ImageOrientationPatient": [0.99999048080524, -0.0038772877607, 0.00200123425222, 0.00436328991829, 0.88860877628028, -0.4586451835774], "ImagePositionPatient": [-928.32025059858, -833.79677826887, 381.03707535781], "ImageType": ["ORIGINAL", "PRIMARY", "M", "ND", "NORM", "MOSAIC"], "ImagedNucleus": "1H", "ImagingFrequency": 123.193304, "InPlanePhaseEncodingDirection": "COL", "MRAcquisitionType": "2D", "MagneticFieldStrength": 3.0, "Manufacturer": "SIEMENS", "ManufacturerModelName": "Skyra", "Modality": "MR", "NumberOfAverages": 1.0, "NumberOfPhaseEncodingSteps": 96, "PercentPhaseFieldOfView": 100.0, "PercentSampling": 100.0, "PerformedProcedureStepStartTime": "070857.171000", "PhotometricInterpretation": "MONOCHROME2", "PixelBandwidth": 2005.0, "PixelRepresentation": 0, "PixelSpacing": [2.3958332538605, 2.3958332538605], "ProtocolName": "N-back fMRI MBEPI_matrix96_BW200", "RepetitionTime": 1160.0, "Rows": 768, "SAR": 0.08666285675759, "SamplesPerPixel": 1, "ScanOptions": "FS", "ScanningSequence": "EP", "SequenceName": "epfid2d1_96", "SequenceVariant": "SK", "SeriesDescription": "N-back fMRI MBEPI_matrix96_BW200", "SeriesNumber": 13, "SeriesTime": "074058.265000", "SliceLocation": -43.824390526492, "SliceThickness": 2.0, "SmallestImagePixelValue": 0, "SoftwareVersions": "syngo MR D11", "SpacingBetweenSlices": 2.4000000577596, "SpecificCharacterSet": "ISO_IR 100", "StudyID": "1", "StudyTime": "070857.125000", "TransmitCoilName": "Body", "VariableFlipAngleFlag": "N", "WindowCenterWidthExplanation": "Algo1", "dBdt": 0.0}, "slices": {}}, "time": {"samples": {"AcquisitionNumber": [1, 2, 3, 4, 5, 6, 7, 8, 9, 10, 11, 12, 13, 14, 15, 16, 17, 18, 19, 20, 21, 22, 23, 24, 25, 26, 27, 28, 29, 30, 31, 32, 33, 34, 35, 36, 37, 38, 39, 40, 41, 42, 43, 44, 45, 46, 47, 48, 49, 50, 51, 52, 53, 54, 55, 56, 57, 58, 59, 60, 61, 62, 63, 64, 65, 66, 67, 68, 69, 70, 71, 72, 73, 74, 75, 76, 77, 78, 79, 80, 81, 82, 83, 84, 85, 86, 87, 88, 89, 90, 91, 92, 93, 94, 95, 96, 97, 98, 99, 100, 101, 102, 103, 104, 105, 106, 107, 108, 109, 110, 111, 112, 113, 114, 115, 116, 117, 118, 119, 120, 121, 122, 123, 124, 125, 126, 127, 128, 129, 130, 131, 132, 133, 134, 135, 136, 137, 138, 139, 140, 141, 142, 143, 144, 145, 146, 147, 148, 149, 150, 151, 152, 153, 154, 155, 156, 157, 158, 159, 160, 161, 162, 163, 164, 165, 166, 167, 168, 169, 170, 171, 172, 173, 174, 175, 176, 177, 178, 179, 180, 181, 182, 183, 184, 185, 186, 187, 188, 189, 190, 191, 192, 193, 194, 195, 196, 197, 198, 199, 200, 201, 202, 203, 204, 205, 206, 207, 208, 209, 210, 211, 212, 213, 214, 215, 216, 217, 218, 219, 220, 221, 222, 223, 224, 225, 226, 227, 228, 229, 230, 231, 232, 233, 234, 235, 236, 237, 238, 239, 240, 241, 242, 243, 244, 245, 246, 247, 248, 249, 250, 251, 252, 253, 254, 255, 256, 257, 258, 259, 260, 261, 262, 263, 264, 265, 266, 267, 268, 269, 270, 271, 272, 273, 274, 275, 276, 277, 278, 279, 280, 281, 282, 283, 284, 285, 286, 287, 288, 289, 290, 291, 292, 293, 294, 295, 296, 297, 298, 299, 300, 301, 302, 303, 304, 305, 306, 307, 308, 309, 310, 311, 312, 313, 314, 315, 316, 317, 318, 319, 320, 321, 322, 323, 324, 325, 326, 327, 328, 329, 330, 331, 332, 333, 334, 335, 336, 337, 338, 339, 340, 341, 342, 343, 344, 345, 346, 347, 348, 349, 350, 351, 352, 353, 354, 355, 356, 357, 358, 359, 360, 361, 362, 363, 364, 365, 366, 367, 368, 369, 370, 371, 372, 373, 374, 375, 376, 377, 378, 379, 380], "AcquisitionTime": ["074014.995000", "074043.995000", "074045.155000", "074046.315000", "074047.475000", "074048.635000", "074049.795000", "074050.955000", "074052.115000", "074053.275000", "074054.435000", "074055.595000", "074056.755000", "074057.915000", "074059.075000", "074100.235000", "074101.395000", "074102.555000", "074103.715000", "074104.875000", "074106.035000", "074107.195000", "074108.355000", "074109.515000", "074110.675000", "074111.835000", "074112.995000", "074114.155000", "074115.315000", "074116.475000", "074117.635000", "074118.795000", "074119.955000", "074121.115000", "074122.275000", "074123.435000", "074124.595000", "074125.755000", "074126.915000", "074128.075000", "074129.235000", "074130.395000", "074131.555000", "074132.715000", "074133.875000", "074135.035000", "074136.195000", "074137.355000", "074138.515000", "074139.675000", "074140.835000", "074141.995000", "074143.155000", "074144.315000", "074145.475000", "074146.635000", "074147.795000", "074148.955000", "074150.115000", "074151.275000", "074152.435000", "074153.595000", "074154.755000", "074155.915000", "074157.075000", "074158.235000", "074159.395000", "074200.555000", "074201.715000", "074202.875000", "074204.037500", "074205.197500", "074206.357500", "074207.517500", "074208.677500", "074209.837500", "074210.997500", "074212.157500", "074213.317500", "074214.477500", "074215.637500", "074216.797500", "074217.957500", "074219.117500", "074220.277500", "074221.437500", "074222.597500", "074223.757500", "074224.917500", "074226.077500", "074227.237500", "074228.397500", "074229.557500", "074230.717500", "074231.877500", "074233.037500", "074234.197500", "074235.357500", "074236.517500", "074237.677500", "074238.837500", "074239.997500", "074241.157500", "074242.317500", "074243.477500", "074244.637500", "074245.797500", "074246.957500", "074248.117500", "074249.277500", "074250.437500", "074251.597500", "074252.757500", "074253.917500", "074255.077500", "074256.237500", "074257.397500", "074258.557500", "074259.717500", "074300.877500", "074302.037500", "074303.197500", "074304.357500", "074305.517500", "074306.677500", "074307.837500", "074308.997500", "074310.157500", "074311.317500", "074312.477500", "074313.637500", "074314.797500", "074315.957500", "074317.117500", "074318.277500", "074319.437500", "074320.597500", "074321.757500", "074322.917500", "074324.077500", "074325.237500", "074326.397500", "074327.557500", "074328.717500", "074329.877500", "074331.037500", "074332.197500", "074333.357500", "074334.517500", "074335.677500", "074336.837500", "074337.997500", "074339.157500", "074340.317500", "074341.477500", "074342.637500", "074343.797500", "074344.957500", "074346.117500", "074347.277500", "074348.437500", "074349.597500", "074350.757500", "074351.917500", "074353.077500", "074354.237500", "074355.397500", "074356.557500", "074357.717500", "074358.877500", "074400.037500", "074401.197500", "074402.357500", "074403.517500", "074404.677500", "074405.837500", "074406.997500", "074408.157500", "074409.317500", "074410.477500", "074411.637500", "074412.797500", "074413.957500", "074415.117500", "074416.277500", "074417.437500", "074418.597500", "074419.757500", "074420.917500", "074422.077500", "074423.237500", "074424.397500", "074425.557500", "074426.717500", "074427.877500", "074429.037500", "074430.197500", "074431.357500", "074432.517500", "074433.677500", "074434.837500", "074435.997500", "074437.157500", "074438.317500", "074439.477500", "074440.637500", "074441.797500", "074442.957500", "074444.117500", "074445.277500", "074446.437500", "074447.597500", "074448.757500", "074449.917500", "074451.077500", "074452.237500", "074453.397500", "074454.557500", "074455.717500", "074456.877500", "074458.037500", "074459.197500", "074500.357500", "074501.517500", "074502.677500", "074503.837500", "074504.997500", "074506.157500", "074507.317500", "074508.477500", "074509.637500", "074510.797500", "074511.957500", "074513.117500", "074514.277500", "074515.437500", "074516.597500", "074517.757500", "074518.917500", "074520.077500", "074521.237500", "074522.397500", "074523.557500", "074524.717500", "074525.877500", "074527.037500", "074528.197500", "074529.357500", "074530.517500", "074531.677500", "074532.837500", "074533.997500", "074535.157500", "074536.317500", "074537.477500", "074538.637500", "074539.797500", "074540.957500", "074542.117500", "074543.277500", "074544.437500", "074545.597500", "074546.757500", "074547.917500", "074549.077500", "074550.237500", "074551.397500", "074552.557500", "074553.717500", "074554.877500", "074556.037500", "074557.197500", "074558.357500", "074559.517500", "074600.677500", "074601.837500", "074602.997500", "074604.157500", "074605.317500", "074606.477500", "074607.637500", "074608.797500", "074609.957500", "074611.117500", "074612.277500", "074613.437500", "074614.597500", "074615.757500", "074616.917500", "074618.077500", "074619.237500", "074620.397500", "074621.557500", "074622.717500", "074623.877500", "074625.037500", "074626.197500", "074627.357500", "074628.517500", "074629.677500", "074630.837500", "074631.997500", "074633.157500", "074634.317500", "074635.477500", "074636.637500", "074637.797500", "074638.957500", "074640.117500", "074641.277500", "074642.437500", "074643.597500", "074644.757500", "074645.917500", "074647.077500", "074648.237500", "074649.397500", "074650.557500", "074651.717500", "074652.877500", "074654.040000", "074655.200000", "074656.360000", "074657.520000", "074658.680000", "074659.840000", "074701.000000", "074702.160000", "074703.320000", "074704.480000", "074705.640000", "074706.800000", "074707.960000", "074709.120000", "074710.280000", "074711.440000", "074712.600000", "074713.760000", "074714.920000", "074716.080000", "074717.240000", "074718.400000", "074719.560000", "074720.720000", "074721.880000", "074723.040000", "074724.200000", "074725.360000", "074726.520000", "074727.680000", "074728.840000", "074730.000000", "074731.160000", "074732.320000", "074733.480000", "074734.640000", "074735.800000", "074736.960000", "074738.120000", "074739.280000", "074740.440000", "074741.600000", "074742.760000", "074743.920000", "074745.080000", "074746.240000", "074747.400000", "074748.560000", "074749.720000", "074750.880000", "074752.040000", "074753.200000", "074754.360000", "074755.520000", "074756.680000", "074757.840000", "074759.000000", "074800.160000", "074801.320000", "074802.480000"], "ContentTime": ["074058.265000", "074107.390000", "074107.390000", "074107.406000", "074107.406000", "074107.406000", "074107.406000", "074107.421000", "074112.390000", "074112.390000", "074112.406000", "074112.406000", "074112.406000", "074117.390000", "074117.390000", "074117.406000", "074122.390000", "074122.406000", "074122.406000", "074122.406000", "074127.390000", "074127.406000", "074127.406000", "074127.406000", "074132.390000", "074132.406000", "074132.406000", "074132.421000", "074137.390000", "074137.406000", "074137.406000", "074137.406000", "074142.390000", "074142.390000", "074142.406000", "074142.406000", "074147.390000", "074147.390000", "074147.406000", "074147.406000", "074152.390000", "074152.390000", "074152.406000", "074152.406000", "074157.390000", "074157.406000", "074157.406000", "074157.406000", "074202.390000", "074202.390000", "074202.406000", "074207.390000", "074207.390000", "074207.406000", "074207.406000", "074212.390000", "074212.390000", "074212.406000", "074212.406000", "074217.390000", "074217.390000", "074217.406000", "074217.406000", "074217.406000", "074222.390000", "074222.390000", "074222.406000", "074222.406000", "074227.390000", "074227.406000", "074227.406000", "074227.406000", "074232.390000", "074232.406000", "074232.406000", "074232.406000", "074237.390000", "074237.390000", "074237.406000", "074237.406000", "074242.390000", "074242.406000", "074242.421000", "074242.421000", "074247.390000", "074247.390000", "074247.406000", "074247.406000", "074252.390000", "074252.390000", "074252.406000", "074252.406000", "074257.390000", "074257.390000", "074257.406000", "074257.406000", "074257.406000", "074302.390000", "074302.406000", "074302.406000", "074307.390000", "074307.390000", "074307.406000", "074307.406000", "074312.390000", "074312.390000", "074312.406000", "074312.406000", "074317.390000", "074317.390000", "074317.406000", "074317.406000", "074322.390000", "074322.390000", "074322.406000", "074322.406000", "074327.390000", "074327.390000", "074327.406000", "074327.406000", "074332.390000", "074332.406000", "074332.406000", "074332.437000", "074337.390000", "074337.406000", "074337.406000", "074337.406000", "074337.406000", "074342.390000", "074342.390000", "074342.406000", "074342.406000", "074347.390000", "074347.390000", "074347.406000", "074352.390000", "074352.390000", "074352.406000", "074352.406000", "074352.406000", "074357.390000", "074357.390000", "074357.406000", "074357.406000", "074402.390000", "074402.390000", "074402.406000", "074407.390000", "074407.406000", "074407.406000", "074407.406000", "074412.390000", "074412.406000", "074412.437000", "074412.437000", "074417.390000", "074417.406000", "074417.406000", "074417.406000", "074422.390000", "074422.406000", "074422.406000", "074422.406000", "074427.390000", "074427.390000", "074427.406000", "074427.406000", "074427.406000", "074432.390000", "074432.390000", "074432.406000", "074432.406000", "074437.390000", "074437.390000", "074437.406000", "074437.406000", "074442.390000", "074442.390000", "074442.406000", "074442.406000", "074447.390000", "074447.390000", "074447.406000", "074447.406000", "074452.390000", "074452.406000", "074452.406000", "074452.406000", "074457.390000", "074457.390000", "074457.406000", "074457.406000", "074502.390000", "074502.390000", "074502.406000", "074502.406000", "074507.390000", "074507.390000", "074507.406000", "074512.390000", "074512.390000", "074512.406000", "074512.406000", "074512.406000", "074517.390000", "074517.390000", "074517.406000", "074522.390000", "074522.390000", "074522.406000", "074522.406000", "074522.406000", "074527.390000", "074527.390000", "074527.406000", "074527.406000", "074532.390000", "074532.390000", "074532.406000", "074532.406000", "074537.390000", "074537.390000", "074537.406000", "074542.390000", "074542.390000", "074542.406000", "074542.406000", "074542.406000", "074547.390000", "074547.390000", "074547.406000", "074547.406000", "074552.390000", "074552.390000", "074552.406000", "074552.406000", "074557.390000", "074557.546000", "074557.546000", "074557.546000", "074602.390000", "074602.390000", "074602.406000", "074602.406000", "074607.390000", "074607.390000", "074607.406000", "074607.406000", "074607.406000", "074612.390000", "074612.390000", "074612.406000", "074612.406000", "074617.390000", "074617.406000", "074617.406000", "074617.406000", "074622.390000", "074622.406000", "074622.406000", "074622.406000", "074622.406000", "074627.390000", "074627.390000", "074627.406000", "074632.390000", "074632.390000", "074632.406000", "074632.406000", "074632.406000", "074637.390000", "074637.390000", "074637.406000", "074637.406000", "074642.390000", "074642.390000", "074642.406000", "074647.390000", "074647.406000", "074647.406000", "074647.406000", "074652.390000", "074652.390000", "074652.406000", "074652.406000", "074657.390000", "074657.390000", "074657.406000", "074657.406000", "074657.406000", "074702.390000", "074702.390000", "074702.406000", "074702.406000", "074707.390000", "074707.390000", "074707.406000", "074707.406000", "074712.390000", "074712.390000", "074712.406000", "074712.406000", "074717.390000", "074717.390000", "074717.406000", "074717.406000", "074722.390000", "074722.390000", "074722.406000", "074722.406000", "074727.390000", "074727.390000", "074727.406000", "074727.406000", "074732.390000", "074732.390000", "074732.406000", "074732.406000", "074737.390000", "074737.406000", "074737.406000", "074737.421000", "074737.421000", "074742.390000", "074742.406000", "074742.406000", "074747.390000", "074747.406000", "074747.406000", "074747.406000", "074752.390000", "074752.390000", "074752.406000", "074752.406000", "074757.390000", "074757.390000", "074757.406000", "074757.406000", "074802.390000", "074802.390000", "074802.406000", "074802.406000", "074802.406000", "074807.390000", "074807.406000", "074807.406000", "074807.406000", "074812.390000", "074812.390000", "074812.406000", "074812.406000", "074812.406000", "074817.390000", "074817.406000", "074817.406000", "074817.406000", "074822.390000", "074822.406000", "074822.406000", "074822.406000", "074822.421000", "074827.390000", "074827.390000", "074827.406000", "074827.406000", "074827.406000", "074832.390000", "074832.390000", "074832.406000", "074832.406000", "074837.390000", "074837.390000", "074837.406000", "074837.421000", "074837.421000", "074841.421000", "074841.437000", "074841.437000", "074841.437000"], "InstanceCreationTime": ["074058.265000", "074107.390000", "074107.390000", "074107.406000", "074107.406000", "074107.406000", "074107.406000", "074107.421000", "074112.390000", "074112.390000", "074112.406000", "074112.406000", "074112.406000", "074117.390000", "074117.390000", "074117.406000", "074122.390000", "074122.406000", "074122.406000", "074122.406000", "074127.390000", "074127.406000", "074127.406000", "074127.406000", "074132.390000", "074132.406000", "074132.406000", "074132.421000", "074137.390000", "074137.406000", "074137.406000", "074137.406000", "074142.390000", "074142.390000", "074142.406000", "074142.406000", "074147.390000", "074147.390000", "074147.406000", "074147.406000", "074152.390000", "074152.390000", "074152.406000", "074152.406000", "074157.390000", "074157.406000", "074157.406000", "074157.406000", "074202.390000", "074202.390000", "074202.406000", "074207.390000", "074207.390000", "074207.406000", "074207.406000", "074212.390000", "074212.390000", "074212.406000", "074212.406000", "074217.390000", "074217.390000", "074217.406000", "074217.406000", "074217.406000", "074222.390000", "074222.390000", "074222.406000", "074222.406000", "074227.390000", "074227.406000", "074227.406000", "074227.406000", "074232.390000", "074232.406000", "074232.406000", "074232.406000", "074237.390000", "074237.390000", "074237.406000", "074237.406000", "074242.390000", "074242.406000", "074242.421000", "074242.421000", "074247.390000", "074247.390000", "074247.406000", "074247.406000", "074252.390000", "074252.390000", "074252.406000", "074252.406000", "074257.390000", "074257.390000", "074257.406000", "074257.406000", "074257.406000", "074302.390000", "074302.406000", "074302.406000", "074307.390000", "074307.390000", "074307.406000", "074307.406000", "074312.390000", "074312.390000", "074312.406000", "074312.406000", "074317.390000", "074317.390000", "074317.406000", "074317.406000", "074322.390000", "074322.390000", "074322.406000", "074322.406000", "074327.390000", "074327.390000", "074327.406000", "074327.406000", "074332.390000", "074332.406000", "074332.406000", "074332.437000", "074337.390000", "074337.406000", "074337.406000", "074337.406000", "074337.406000", "074342.390000", "074342.390000", "074342.406000", "074342.406000", "074347.390000", "074347.390000", "074347.406000", "074352.390000", "074352.390000", "074352.406000", "074352.406000", "074352.406000", "074357.390000", "074357.390000", "074357.406000", "074357.406000", "074402.390000", "074402.390000", "074402.406000", "074407.390000", "074407.406000", "074407.406000", "074407.406000", "074412.390000", "074412.406000", "074412.437000", "074412.437000", "074417.390000", "074417.406000", "074417.406000", "074417.406000", "074422.390000", "074422.406000", "074422.406000", "074422.406000", "074427.390000", "074427.390000", "074427.406000", "074427.406000", "074427.406000", "074432.390000", "074432.390000", "074432.406000", "074432.406000", "074437.390000", "074437.390000", "074437.406000", "074437.406000", "074442.390000", "074442.390000", "074442.406000", "074442.406000", "074447.390000", "074447.390000", "074447.406000", "074447.406000", "074452.390000", "074452.406000", "074452.406000", "074452.406000", "074457.390000", "074457.390000", "074457.406000", "074457.406000", "074502.390000", "074502.390000", "074502.406000", "074502.406000", "074507.390000", "074507.390000", "074507.406000", "074512.390000", "074512.390000", "074512.406000", "074512.406000", "074512.406000", "074517.390000", "074517.390000", "074517.406000", "074522.390000", "074522.390000", "074522.406000", "074522.406000", "074522.406000", "074527.390000", "074527.390000", "074527.406000", "074527.406000", "074532.390000", "074532.390000", "074532.406000", "074532.406000", "074537.390000", "074537.390000", "074537.406000", "074542.390000", "074542.390000", "074542.406000", "074542.406000", "074542.406000", "074547.390000", "074547.390000", "074547.406000", "074547.406000", "074552.390000", "074552.390000", "074552.406000", "074552.406000", "074557.390000", "074557.546000", "074557.546000", "074557.546000", "074602.390000", "074602.390000", "074602.406000", "074602.406000", "074607.390000", "074607.390000", "074607.406000", "074607.406000", "074607.406000", "074612.390000", "074612.390000", "074612.406000", "074612.406000", "074617.390000", "074617.406000", "074617.406000", "074617.406000", "074622.390000", "074622.406000", "074622.406000", "074622.406000", "074622.406000", "074627.390000", "074627.390000", "074627.406000", "074632.390000", "074632.390000", "074632.406000", "074632.406000", "074632.406000", "074637.390000", "074637.390000", "074637.406000", "074637.406000", "074642.390000", "074642.390000", "074642.406000", "074647.390000", "074647.406000", "074647.406000", "074647.406000", "074652.390000", "074652.390000", "074652.406000", "074652.406000", "074657.390000", "074657.390000", "074657.406000", "074657.406000", "074657.406000", "074702.390000", "074702.390000", "074702.406000", "074702.406000", "074707.390000", "074707.390000", "074707.406000", "074707.406000", "074712.390000", "074712.390000", "074712.406000", "074712.406000", "074717.390000", "074717.390000", "074717.406000", "074717.406000", "074722.390000", "074722.390000", "074722.406000", "074722.406000", "074727.390000", "074727.390000", "074727.406000", "074727.406000", "074732.390000", "074732.390000", "074732.406000", "074732.406000", "074737.390000", "074737.406000", "074737.406000", "074737.421000", "074737.421000", "074742.390000", "074742.406000", "074742.406000", "074747.390000", "074747.406000", "074747.406000", "074747.406000", "074752.390000", "074752.390000", "074752.406000", "074752.406000", "074757.390000", "074757.390000", "074757.406000", "074757.406000", "074802.390000", "074802.390000", "074802.406000", "074802.406000", "074802.406000", "074807.390000", "074807.406000", "074807.406000", "074807.406000", "074812.390000", "074812.390000", "074812.406000", "074812.406000", "074812.406000", "074817.390000", "074817.406000", "074817.406000", "074817.406000", "074822.390000", "074822.406000", "074822.406000", "074822.406000", "074822.421000", "074827.390000", "074827.390000", "074827.406000", "074827.406000", "074827.406000", "074832.390000", "074832.390000", "074832.406000", "074832.406000", "074837.390000", "074837.390000", "074837.406000", "074837.421000", "074837.421000", "074841.421000", "074841.437000", "074841.437000", "074841.437000"], "InstanceNumber": [1, 2, 3, 4, 5, 6, 7, 8, 9, 10, 11, 12, 13, 14, 15, 16, 17, 18, 19, 20, 21, 22, 23, 24, 25, 26, 27, 28, 29, 30, 31, 32, 33, 34, 35, 36, 37, 38, 39, 40, 41, 42, 43, 44, 45, 46, 47, 48, 49, 50, 51, 52, 53, 54, 55, 56, 57, 58, 59, 60, 61, 62, 63, 64, 65, 66, 67, 68, 69, 70, 71, 72, 73, 74, 75, 76, 77, 78, 79, 80, 81, 82, 83, 84, 85, 86, 87, 88, 89, 90, 91, 92, 93, 94, 95, 96, 97, 98, 99, 100, 101, 102, 103, 104, 105, 106, 107, 108, 109, 110, 111, 112, 113, 114, 115, 116, 117, 118, 119, 120, 121, 122, 123, 124, 125, 126, 127, 128, 129, 130, 131, 132, 133, 134, 135, 136, 137, 138, 139, 140, 141, 142, 143, 144, 145, 146, 147, 148, 149, 150, 151, 152, 153, 154, 155, 156, 157, 158, 159, 160, 161, 162, 163, 164, 165, 166, 167, 168, 169, 170, 171, 172, 173, 174, 175, 176, 177, 178, 179, 180, 181, 182, 183, 184, 185, 186, 187, 188, 189, 190, 191, 192, 193, 194, 195, 196, 197, 198, 199, 200, 201, 202, 203, 204, 205, 206, 207, 208, 209, 210, 211, 212, 213, 214, 215, 216, 217, 218, 219, 220, 221, 222, 223, 224, 225, 226, 227, 228, 229, 230, 231, 232, 233, 234, 235, 236, 237, 238, 239, 240, 241, 242, 243, 244, 245, 246, 247, 248, 249, 250, 251, 252, 253, 254, 255, 256, 257, 258, 259, 260, 261, 262, 263, 264, 265, 266, 267, 268, 269, 270, 271, 272, 273, 274, 275, 276, 277, 278, 279, 280, 281, 282, 283, 284, 285, 286, 287, 288, 289, 290, 291, 292, 293, 294, 295, 296, 297, 298, 299, 300, 301, 302, 303, 304, 305, 306, 307, 308, 309, 310, 311, 312, 313, 314, 315, 316, 317, 318, 319, 320, 321, 322, 323, 324, 325, 326, 327, 328, 329, 330, 331, 332, 333, 334, 335, 336, 337, 338, 339, 340, 341, 342, 343, 344, 345, 346, 347, 348, 349, 350, 351, 352, 353, 354, 355, 356, 357, 358, 359, 360, 361, 362, 363, 364, 365, 366, 367, 368, 369, 370, 371, 372, 373, 374, 375, 376, 377, 378, 379, 380], "LargestImagePixelValue": [23971, 23720, 24792, 23538, 24852, 23252, 23297, 23287, 23581, 25591, 23471, 23468, 23896, 23251, 23112, 23074, 23363, 24046, 23281, 23275, 23128, 23222, 23238, 22976, 23112, 23113, 23352, 22941, 23038, 23252, 23274, 23165, 24644, 23033, 23624, 23177, 22954, 22951, 22975, 22938, 23326, 24319, 22847, 22822, 25705, 23447, 23106, 25108, 23803, 22927, 24852, 23194, 22667, 22768, 23084, 22682, 23075, 22758, 22783, 22703, 22796, 25219, 24801, 22796, 24052, 24163, 22909, 22890, 22569, 22661, 22843, 22975, 22922, 22821, 23717, 22916, 24499, 22945, 22832, 23185, 22819, 22722, 22867, 25510, 23900, 22582, 23574, 22991, 22695, 23017, 22880, 22494, 22887, 24155, 25791, 22853, 23084, 22744, 22542, 23702, 22543, 25348, 22571, 22840, 23005, 25205, 22775, 22454, 22597, 22755, 22505, 24760, 24426, 22522, 23939, 22400, 23696, 22697, 22846, 22771, 24655, 22458, 22606, 22487, 22379, 22851, 22869, 24488, 22968, 22313, 22286, 22534, 23106, 23768, 24151, 22476, 23657, 22197, 22705, 25111, 23239, 22261, 24642, 24396, 22771, 23429, 22591, 22425, 25220, 22574, 22337, 22674, 22180, 22294, 22367, 22361, 22815, 26203, 22315, 22546, 22768, 22411, 22314, 24396, 22276, 22673, 22057, 22346, 22284, 22419, 22389, 22216, 22220, 22185, 25088, 22176, 23299, 22361, 23967, 22198, 22623, 22220, 22372, 22093, 22453, 24649, 22230, 22511, 24391, 22071, 22175, 23347, 22283, 22142, 24845, 21963, 22011, 23450, 22391, 22064, 21940, 23631, 21921, 22918, 25298, 24773, 21936, 24083, 22010, 23068, 22235, 24574, 22062, 22052, 21996, 25335, 22615, 22219, 21890, 23604, 22585, 23386, 24941, 22275, 21870, 24309, 21964, 23581, 22082, 23747, 22032, 23029, 24039, 21933, 22687, 22190, 22213, 21884, 22636, 24197, 24494, 21933, 24641, 21780, 22182, 21868, 22535, 21639, 21820, 22311, 25045, 21749, 22760, 22253, 24518, 24478, 22656, 25453, 23115, 21775, 25445, 22761, 21735, 24250, 22293, 21972, 21822, 23930, 21997, 22555, 22023, 21711, 21563, 21592, 21725, 22514, 24338, 25290, 23177, 21626, 23626, 21975, 21805, 22446, 22080, 21725, 25389, 21864, 22701, 21935, 21539, 21748, 21780, 21825, 21866, 23707, 24051, 21519, 23673, 24063, 25006, 21793, 23507, 21690, 22842, 21781, 21772, 21959, 22630, 22000, 21647, 23540, 22065, 21665, 24109, 21910, 21816, 21806, 21817, 21879, 22505, 21935, 23747, 22090, 21700, 24347, 21594, 22251, 21910, 21961, 22388, 22281, 21752, 22898, 22003, 22149, 21883, 22264, 21737, 23283, 21584, 21811, 21919, 24104, 21683, 21798, 21747, 22830, 21792, 21577, 23125, 21653, 21935, 22285, 21843, 21665, 21703, 22774, 21631, 24552, 21825, 24067, 21732, 24421, 23980, 24739, 21734, 21565, 21683, 22143, 21923, 24378, 21810, 21737, 24124, 23347, 21801, 23598, 21609, 21988], "WindowCenter": [9660.0, 9630.0, 9631.0, 9636.0, 9639.0, 9641.0, 9618.0, 9634.0, 9633.0, 9629.0, 9600.0, 9618.0, 9623.0, 9602.0, 9631.0, 9629.0, 9649.0, 9625.0, 9619.0, 9612.0, 9622.0, 9635.0, 9632.0, 9608.0, 9629.0, 9596.0, 9591.0, 9603.0, 9603.0, 9609.0, 9608.0, 9612.0, 9627.0, 9610.0, 9640.0, 9616.0, 9610.0, 9607.0, 9609.0, 9627.0, 9630.0, 9636.0, 9631.0, 9638.0, 9649.0, 9628.0, 9635.0, 9638.0, 9630.0, 9613.0, 9621.0, 9623.0, 9617.0, 9612.0, 9631.0, 9615.0, 9616.0, 9603.0, 9610.0, 9632.0, 9602.0, 9631.0, 9629.0, 9616.0, 9633.0, 9625.0, 9604.0, 9608.0, 9623.0, 9615.0, 9588.0, 9612.0, 9620.0, 9622.0, 9621.0, 9604.0, 9612.0, 9602.0, 9601.0, 9620.0, 9612.0, 9629.0, 9609.0, 9619.0, 9631.0, 9604.0, 9617.0, 9612.0, 9610.0, 9616.0, 9624.0, 9606.0, 9599.0, 9609.0, 9626.0, 9628.0, 9615.0, 9627.0, 9619.0, 9637.0, 9623.0, 9661.0, 9625.0, 9618.0, 9601.0, 9615.0, 9582.0, 9592.0, 9634.0, 9624.0, 9609.0, 9639.0, 9636.0, 9601.0, 9627.0, 9610.0, 9606.0, 9598.0, 9634.0, 9615.0, 9645.0, 9617.0, 9610.0, 9577.0, 9587.0, 9604.0, 9596.0, 9609.0, 9589.0, 9605.0, 9593.0, 9580.0, 9588.0, 9589.0, 9623.0, 9591.0, 9609.0, 9589.0, 9593.0, 9625.0, 9617.0, 9600.0, 9606.0, 9624.0, 9607.0, 9592.0, 9612.0, 9606.0, 9617.0, 9614.0, 9595.0, 9626.0, 9631.0, 9620.0, 9624.0, 9610.0, 9601.0, 9613.0, 9599.0, 9587.0, 9581.0, 9597.0, 9597.0, 9606.0, 9605.0, 9604.0, 9621.0, 9602.0, 9616.0, 9580.0, 9609.0, 9594.0, 9608.0, 9611.0, 9645.0, 9587.0, 9604.0, 9597.0, 9615.0, 9593.0, 9608.0, 9580.0, 9606.0, 9621.0, 9618.0, 9651.0, 9591.0, 9597.0, 9615.0, 9603.0, 9612.0, 9611.0, 9613.0, 9603.0, 9629.0, 9592.0, 9578.0, 9578.0, 9581.0, 9603.0, 9620.0, 9609.0, 9604.0, 9599.0, 9616.0, 9612.0, 9601.0, 9620.0, 9588.0, 9570.0, 9589.0, 9613.0, 9601.0, 9623.0, 9594.0, 9617.0, 9590.0, 9609.0, 9612.0, 9618.0, 9607.0, 9609.0, 9620.0, 9599.0, 9601.0, 9618.0, 9603.0, 9606.0, 9575.0, 9604.0, 9583.0, 9606.0, 9604.0, 9583.0, 9590.0, 9586.0, 9584.0, 9601.0, 9604.0, 9625.0, 9598.0, 9588.0, 9614.0, 9576.0, 9601.0, 9597.0, 9596.0, 9592.0, 9588.0, 9602.0, 9624.0, 9594.0, 9603.0, 9583.0, 9596.0, 9606.0, 9598.0, 9616.0, 9599.0, 9604.0, 9613.0, 9582.0, 9577.0, 9603.0, 9587.0, 9583.0, 9573.0, 9597.0, 9586.0, 9594.0, 9591.0, 9585.0, 9615.0, 9615.0, 9603.0, 9591.0, 9587.0, 9577.0, 9592.0, 9588.0, 9598.0, 9596.0, 9604.0, 9590.0, 9599.0, 9608.0, 9602.0, 9592.0, 9576.0, 9558.0, 9578.0, 9580.0, 9585.0, 9594.0, 9573.0, 9596.0, 9605.0, 9583.0, 9597.0, 9585.0, 9608.0, 9586.0, 9601.0, 9585.0, 9598.0, 9604.0, 9604.0, 9595.0, 9605.0, 9584.0, 9569.0, 9586.0, 9592.0, 9590.0, 9601.0, 9591.0, 9592.0, 9596.0, 9599.0, 9592.0, 9595.0, 9589.0, 9596.0, 9598.0, 9588.0, 9609.0, 9603.0, 9575.0, 9573.0, 9588.0, 9592.0, 9590.0, 9590.0, 9584.0, 9595.0, 9581.0, 9583.0, 9594.0, 9590.0, 9586.0, 9574.0, 9587.0, 9592.0, 9616.0, 9593.0, 9578.0, 9579.0, 9588.0, 9576.0, 9560.0, 9590.0, 9584.0, 9588.0, 9578.0, 9579.0, 9589.0, 9600.0, 9629.0, 9589.0, 9611.0, 9597.0, 9625.0, 9594.0, 9609.0, 9598.0, 9592.0, 9578.0, 9589.0, 9580.0, 9606.0, 9581.0, 9593.0, 9588.0, 9579.0, 9614.0, 9609.0, 9602.0, 9597.0, 9576.0, 9591.0], "WindowWidth": [20397.0, 20335.0, 20332.0, 20339.0, 20344.0, 20348.0, 20307.0, 20337.0, 20331.0, 20319.0, 20270.0, 20303.0, 20312.0, 20274.0, 20335.0, 20331.0, 20365.0, 20319.0, 20307.0, 20295.0, 20312.0, 20340.0, 20331.0, 20289.0, 20325.0, 20262.0, 20251.0, 20269.0, 20269.0, 20283.0, 20284.0, 20288.0, 20318.0, 20287.0, 20344.0, 20298.0, 20286.0, 20284.0, 20289.0, 20320.0, 20331.0, 20338.0, 20336.0, 20349.0, 20364.0, 20327.0, 20340.0, 20344.0, 20330.0, 20298.0, 20310.0, 20313.0, 20298.0, 20292.0, 20327.0, 20297.0, 20301.0, 20273.0, 20290.0, 20330.0, 20275.0, 20329.0, 20323.0, 20301.0, 20333.0, 20316.0, 20276.0, 20284.0, 20314.0, 20297.0, 20248.0, 20292.0, 20306.0, 20309.0, 20309.0, 20275.0, 20288.0, 20272.0, 20270.0, 20305.0, 20300.0, 20328.0, 20289.0, 20304.0, 20325.0, 20276.0, 20301.0, 20293.0, 20285.0, 20295.0, 20315.0, 20283.0, 20269.0, 20282.0, 20315.0, 20323.0, 20297.0, 20320.0, 20312.0, 20346.0, 20320.0, 20384.0, 20316.0, 20304.0, 20271.0, 20295.0, 20237.0, 20254.0, 20335.0, 20317.0, 20290.0, 20342.0, 20333.0, 20272.0, 20319.0, 20287.0, 20282.0, 20269.0, 20341.0, 20304.0, 20357.0, 20301.0, 20284.0, 20223.0, 20240.0, 20271.0, 20255.0, 20280.0, 20246.0, 20273.0, 20248.0, 20227.0, 20242.0, 20242.0, 20304.0, 20248.0, 20277.0, 20242.0, 20252.0, 20307.0, 20297.0, 20267.0, 20277.0, 20307.0, 20279.0, 20251.0, 20291.0, 20279.0, 20294.0, 20291.0, 20253.0, 20314.0, 20331.0, 20310.0, 20316.0, 20288.0, 20268.0, 20285.0, 20258.0, 20238.0, 20226.0, 20256.0, 20258.0, 20275.0, 20275.0, 20275.0, 20302.0, 20267.0, 20292.0, 20229.0, 20281.0, 20252.0, 20283.0, 20290.0, 20348.0, 20241.0, 20274.0, 20259.0, 20291.0, 20251.0, 20277.0, 20231.0, 20278.0, 20309.0, 20303.0, 20360.0, 20251.0, 20263.0, 20292.0, 20275.0, 20294.0, 20291.0, 20294.0, 20272.0, 20318.0, 20250.0, 20222.0, 20217.0, 20228.0, 20266.0, 20306.0, 20287.0, 20275.0, 20262.0, 20294.0, 20286.0, 20265.0, 20299.0, 20237.0, 20206.0, 20240.0, 20286.0, 20265.0, 20306.0, 20252.0, 20292.0, 20248.0, 20280.0, 20289.0, 20300.0, 20279.0, 20278.0, 20298.0, 20261.0, 20264.0, 20299.0, 20270.0, 20270.0, 20213.0, 20266.0, 20226.0, 20274.0, 20271.0, 20228.0, 20241.0, 20239.0, 20230.0, 20264.0, 20270.0, 20304.0, 20256.0, 20237.0, 20286.0, 20217.0, 20267.0, 20261.0, 20257.0, 20247.0, 20243.0, 20275.0, 20311.0, 20254.0, 20268.0, 20228.0, 20250.0, 20271.0, 20259.0, 20291.0, 20260.0, 20270.0, 20283.0, 20227.0, 20216.0, 20266.0, 20238.0, 20229.0, 20210.0, 20250.0, 20232.0, 20247.0, 20243.0, 20233.0, 20294.0, 20294.0, 20267.0, 20244.0, 20233.0, 20216.0, 20243.0, 20235.0, 20256.0, 20251.0, 20267.0, 20243.0, 20262.0, 20276.0, 20263.0, 20243.0, 20213.0, 20178.0, 20213.0, 20220.0, 20232.0, 20249.0, 20211.0, 20249.0, 20265.0, 20231.0, 20253.0, 20229.0, 20272.0, 20235.0, 20257.0, 20232.0, 20260.0, 20269.0, 20266.0, 20252.0, 20269.0, 20231.0, 20200.0, 20234.0, 20244.0, 20238.0, 20258.0, 20240.0, 20242.0, 20253.0, 20262.0, 20247.0, 20249.0, 20243.0, 20253.0, 20258.0, 20244.0, 20279.0, 20265.0, 20215.0, 20213.0, 20235.0, 20242.0, 20240.0, 20240.0, 20231.0, 20249.0, 20225.0, 20226.0, 20245.0, 20240.0, 20229.0, 20208.0, 20233.0, 20250.0, 20293.0, 20247.0, 20221.0, 20219.0, 20234.0, 20212.0, 20182.0, 20238.0, 20230.0, 20236.0, 20216.0, 20221.0, 20238.0, 20264.0, 20315.0, 20242.0, 20280.0, 20257.0, 20307.0, 20252.0, 20275.0, 20254.0, 20240.0, 20218.0, 20233.0, 20220.0, 20269.0, 20221.0, 20243.0, 20238.0, 20219.0, 20281.0, 20278.0, 20263.0, 20252.0, 20217.0, 20249.0]}, "slices": {}}}