{"AcquisitionMatrixPE": 96, "AcquisitionNumber": 1, "AcquisitionTime": "07:25:31.900000", "BandwidthPerPixelPhaseEncode": 33.602, "BaseResolution": 96, "BodyPartExamined": "BRAIN", "ConsistencyInfo": "N4_VD11D_LATEST_20110129", "ConversionSoftware": "dcm2niix", "ConversionSoftwareVersion": "v1.0.20210317", "DerivedVendorReportedEchoSpacing": 0.000620003, "DeviceSerialNumber": "45239", "DwellTime": 2.6e-06, "EchoTime": 0.03, "EchoTrainLength": 48, "EffectiveEchoSpacing": 0.000310001, "FlipAngle": 63, "ImageComments": "Unaliased MB4/PE3", "ImageOrientationPatientDICOM": [0.999991, -0.00384284, 0.00198343, 0.00432451, 0.888609, -0.458645], "ImageType": ["ORIGINAL", "PRIMARY", "M", "ND", "NORM", "MOSAIC"], "ImagingFrequency": 123.193, "InPlanePhaseEncodingDirectionDICOM": "COL", "InstitutionAddress": "E 24th St. 100,Austin,Southmiddle,US,78712", "InstitutionName": "Univ of Texas at Austin", "InstitutionalDepartmentName": "IRC", "MRAcquisitionType": "2D", "MagneticFieldStrength": 3, "Manufacturer": "Siemens", "ManufacturersModelName": "Skyra", "Modality": "MR", "MultibandAccelerationFactor": 4, "ParallelReductionFactorInPlane": 2, "PartialFourier": 1, "PatientPosition": "HFS", "PercentPhaseFOV": 100, "PercentSampling": 100, "PhaseEncodingDirection": "j-", "PhaseEncodingSteps": 96, "PhaseResolution": 1, "PixelBandwidth": 2005, "ProcedureStepDescription": "Poldrack2^self-scanning", "ProtocolName": "Resting State fMRI MBEPI_matrix96_BW2004", "PulseSequenceDetails": "%CustomerSeq%\\cmrr_mbep2d_bold", "ReceiveCoilActiveElements": "HEA;HEP", "ReceiveCoilName": "Head_32", "ReconMatrixPE": 96, "RefLinesPE": 94, "RepetitionTime": 1.16, "SAR": 0.087429, "ScanOptions": "FS", "ScanningSequence": "EP", "SequenceName": "epfid2d1_96", "SequenceVariant": "SK", "SeriesDescription": "Resting State fMRI MBEPI_matrix96_BW2004", "SeriesNumber": 9, "ShimSetting": [-2801, 8049, -15448, 206, -317, 172, 256, -70], "SliceThickness": 2, "SliceTiming": [0, 0.4975, 0.9975, 0.355, 0.855, 0.2125, 0.7125, 0.07, 0.57, 1.0675, 0.4275, 0.925, 0.285, 0.7825, 0.1425, 0.64, 0, 0.4975, 0.9975, 0.355, 0.855, 0.2125, 0.7125, 0.07, 0.57, 1.0675, 0.4275, 0.925, 0.285, 0.7825, 0.1425, 0.64, 0, 0.4975, 0.9975, 0.355, 0.855, 0.2125, 0.7125, 0.07, 0.57, 1.0675, 0.4275, 0.925, 0.285, 0.7825, 0.1425, 0.64, 0, 0.4975, 0.9975, 0.355, 0.855, 0.2125, 0.7125, 0.07, 0.57, 1.0675, 0.4275, 0.925, 0.285, 0.7825, 0.1425, 0.64], "SoftwareVersions": "syngo MR D11", "SpacingBetweenSlices": 2.4, "StationName": "AWP45239", "TaskName": "Resting fmri", "TotalReadoutTime": 0.0294501, "TxRefAmp": 327.411, "WipMemBlock": "7789ece5-237b-4ea7-90f6-e797ea87269f||Sequence: VD11D r195; Nov 21 2012 15:36:10 by eja", "dcmmeta_affine": [[-2.395810842514038, 0.010360809043049812, -2.6863344881888906e-09, 118.82677459716797], [0.009206795133650303, 2.1289587020874023, -1.1007589101791382, -80.6591567993164], [0.004751977976411581, 1.0988376140594482, 2.132681369781494, -90.94880676269531], [0.0, 0.0, 0.0, 1.0]], "dcmmeta_reorient_transform": [[0.0, -1.0, 0.0, 95.0], [1.0, 0.0, 0.0, 0.0], [0.0, 0.0, 1.0, 0.0], [0.0, 0.0, 0.0, 1.0]], "dcmmeta_shape": [96, 96, 64, 518], "dcmmeta_slice_dim": 2, "dcmmeta_version": 0.6, "global": {"const": {"AcquisitionMatrix": [96, 0, 0, 96], "AngioFlag": "N", "BitsAllocated": 16, "BitsStored": 16, "BodyPartExamined": "BRAIN", "Columns": 768, "EchoNumbers": 1, "EchoTime": 30.0, "EchoTrainLength": 48, "FlipAngle": 63.0, "HighBit": 15, "ImageOrientationPatient": [0.99999064925499, -0.0038428362595, 0.00198343441132, 0.0043245118316, 0.88860892568291, -0.4586452613885], "ImagePositionPatient": [-928.28472973377, -833.82861109927, 381.05352279705], "ImageType": ["ORIGINAL", "PRIMARY", "M", "ND", "NORM", "MOSAIC"], "ImagedNucleus": "1H", "ImagingFrequency": 123.193252, "InPlanePhaseEncodingDirection": "COL", "MRAcquisitionType": "2D", "MagneticFieldStrength": 3.0, "Manufacturer": "SIEMENS", "ManufacturerModelName": "Skyra", "Modality": "MR", "NumberOfAverages": 1.0, "NumberOfPhaseEncodingSteps": 96, "PercentPhaseFieldOfView": 100.0, "PercentSampling": 100.0, "PerformedProcedureStepStartTime": "070857.171000", "PhotometricInterpretation": "MONOCHROME2", "PixelBandwidth": 2005.0, "PixelRepresentation": 0, "PixelSpacing": [2.3958332538605, 2.3958332538605], "ProtocolName": "Resting State fMRI MBEPI_matrix96_BW2004", "RepetitionTime": 1160.0, "Rows": 768, "SAR": 0.0874290027625, "SamplesPerPixel": 1, "ScanOptions": "FS", "ScanningSequence": "EP", "SequenceName": "epfid2d1_96", "SequenceVariant": "SK", "SeriesDescription": "Resting State fMRI MBEPI_matrix96_BW2004", "SeriesNumber": 9, "SeriesTime": "072616.468000", "SliceLocation": -43.824390595726, "SliceThickness": 2.0, "SmallestImagePixelValue": 0, "SoftwareVersions": "syngo MR D11", "SpacingBetweenSlices": 2.4000000577596, "SpecificCharacterSet": "ISO_IR 100", "StudyID": "1", "StudyTime": "070857.125000", "TransmitCoilName": "Body", "VariableFlipAngleFlag": "N", "WindowCenterWidthExplanation": "Algo1", "dBdt": 0.0}, "slices": {}}, "time": {"samples": {"AcquisitionNumber": [1, 2, 3, 4, 5, 6, 7, 8, 9, 10, 11, 12, 13, 14, 15, 16, 17, 18, 19, 20, 21, 22, 23, 24, 25, 26, 27, 28, 29, 30, 31, 32, 33, 34, 35, 36, 37, 38, 39, 40, 41, 42, 43, 44, 45, 46, 47, 48, 49, 50, 51, 52, 53, 54, 55, 56, 57, 58, 59, 60, 61, 62, 63, 64, 65, 66, 67, 68, 69, 70, 71, 72, 73, 74, 75, 76, 77, 78, 79, 80, 81, 82, 83, 84, 85, 86, 87, 88, 89, 90, 91, 92, 93, 94, 95, 96, 97, 98, 99, 100, 101, 102, 103, 104, 105, 106, 107, 108, 109, 110, 111, 112, 113, 114, 115, 116, 117, 118, 119, 120, 121, 122, 123, 124, 125, 126, 127, 128, 129, 130, 131, 132, 133, 134, 135, 136, 137, 138, 139, 140, 141, 142, 143, 144, 145, 146, 147, 148, 149, 150, 151, 152, 153, 154, 155, 156, 157, 158, 159, 160, 161, 162, 163, 164, 165, 166, 167, 168, 169, 170, 171, 172, 173, 174, 175, 176, 177, 178, 179, 180, 181, 182, 183, 184, 185, 186, 187, 188, 189, 190, 191, 192, 193, 194, 195, 196, 197, 198, 199, 200, 201, 202, 203, 204, 205, 206, 207, 208, 209, 210, 211, 212, 213, 214, 215, 216, 217, 218, 219, 220, 221, 222, 223, 224, 225, 226, 227, 228, 229, 230, 231, 232, 233, 234, 235, 236, 237, 238, 239, 240, 241, 242, 243, 244, 245, 246, 247, 248, 249, 250, 251, 252, 253, 254, 255, 256, 257, 258, 259, 260, 261, 262, 263, 264, 265, 266, 267, 268, 269, 270, 271, 272, 273, 274, 275, 276, 277, 278, 279, 280, 281, 282, 283, 284, 285, 286, 287, 288, 289, 290, 291, 292, 293, 294, 295, 296, 297, 298, 299, 300, 301, 302, 303, 304, 305, 306, 307, 308, 309, 310, 311, 312, 313, 314, 315, 316, 317, 318, 319, 320, 321, 322, 323, 324, 325, 326, 327, 328, 329, 330, 331, 332, 333, 334, 335, 336, 337, 338, 339, 340, 341, 342, 343, 344, 345, 346, 347, 348, 349, 350, 351, 352, 353, 354, 355, 356, 357, 358, 359, 360, 361, 362, 363, 364, 365, 366, 367, 368, 369, 370, 371, 372, 373, 374, 375, 376, 377, 378, 379, 380, 381, 382, 383, 384, 385, 386, 387, 388, 389, 390, 391, 392, 393, 394, 395, 396, 397, 398, 399, 400, 401, 402, 403, 404, 405, 406, 407, 408, 409, 410, 411, 412, 413, 414, 415, 416, 417, 418, 419, 420, 421, 422, 423, 424, 425, 426, 427, 428, 429, 430, 431, 432, 433, 434, 435, 436, 437, 438, 439, 440, 441, 442, 443, 444, 445, 446, 447, 448, 449, 450, 451, 452, 453, 454, 455, 456, 457, 458, 459, 460, 461, 462, 463, 464, 465, 466, 467, 468, 469, 470, 471, 472, 473, 474, 475, 476, 477, 478, 479, 480, 481, 482, 483, 484, 485, 486, 487, 488, 489, 490, 491, 492, 493, 494, 495, 496, 497, 498, 499, 500, 501, 502, 503, 504, 505, 506, 507, 508, 509, 510, 511, 512, 513, 514, 515, 516, 517, 518], "AcquisitionTime": ["072531.900000", "072600.900000", "072602.060000", "072603.220000", "072604.380000", "072605.540000", "072606.700000", "072607.860000", "072609.020000", "072610.180000", "072611.340000", "072612.500000", "072613.660000", "072614.820000", "072615.980000", "072617.140000", "072618.300000", "072619.460000", "072620.620000", "072621.780000", "072622.940000", "072624.100000", "072625.260000", "072626.420000", "072627.580000", "072628.740000", "072629.900000", "072631.060000", "072632.220000", "072633.380000", "072634.540000", "072635.700000", "072636.860000", "072638.020000", "072639.180000", "072640.340000", "072641.500000", "072642.660000", "072643.820000", "072644.980000", "072646.140000", "072647.300000", "072648.460000", "072649.620000", "072650.780000", "072651.940000", "072653.100000", "072654.260000", "072655.420000", "072656.580000", "072657.740000", "072658.900000", "072700.060000", "072701.220000", "072702.380000", "072703.540000", "072704.700000", "072705.860000", "072707.020000", "072708.180000", "072709.340000", "072710.500000", "072711.660000", "072712.820000", "072713.980000", "072715.140000", "072716.300000", "072717.460000", "072718.620000", "072719.780000", "072720.940000", "072722.100000", "072723.260000", "072724.420000", "072725.580000", "072726.740000", "072727.900000", "072729.060000", "072730.220000", "072731.380000", "072732.540000", "072733.700000", "072734.860000", "072736.020000", "072737.180000", "072738.340000", "072739.500000", "072740.660000", "072741.820000", "072742.980000", "072744.140000", "072745.300000", "072746.460000", "072747.620000", "072748.780000", "072749.940000", "072751.100000", "072752.260000", "072753.420000", "072754.580000", "072755.740000", "072756.900000", "072758.060000", "072759.220000", "072800.380000", "072801.540000", "072802.700000", "072803.860000", "072805.020000", "072806.180000", "072807.340000", "072808.500000", "072809.660000", "072810.820000", "072811.980000", "072813.140000", "072814.300000", "072815.460000", "072816.620000", "072817.780000", "072818.940000", "072820.100000", "072821.260000", "072822.420000", "072823.580000", "072824.740000", "072825.900000", "072827.060000", "072828.220000", "072829.380000", "072830.540000", "072831.700000", "072832.860000", "072834.020000", "072835.180000", "072836.340000", "072837.500000", "072838.660000", "072839.820000", "072840.980000", "072842.140000", "072843.300000", "072844.460000", "072845.620000", "072846.780000", "072847.940000", "072849.100000", "072850.262500", "072851.422500", "072852.582500", "072853.742500", "072854.902500", "072856.062500", "072857.222500", "072858.382500", "072859.542500", "072900.702500", "072901.862500", "072903.022500", "072904.182500", "072905.342500", "072906.502500", "072907.662500", "072908.822500", "072909.982500", "072911.142500", "072912.302500", "072913.462500", "072914.622500", "072915.782500", "072916.942500", "072918.102500", "072919.262500", "072920.422500", "072921.582500", "072922.742500", "072923.902500", "072925.062500", "072926.222500", "072927.382500", "072928.542500", "072929.702500", "072930.862500", "072932.022500", "072933.182500", "072934.342500", "072935.502500", "072936.662500", "072937.822500", "072938.982500", "072940.142500", "072941.302500", "072942.462500", "072943.622500", "072944.782500", "072945.942500", "072947.102500", "072948.262500", "072949.422500", "072950.582500", "072951.742500", "072952.902500", "072954.062500", "072955.222500", "072956.382500", "072957.542500", "072958.702500", "072959.862500", "073001.022500", "073002.182500", "073003.342500", "073004.502500", "073005.662500", "073006.822500", "073007.982500", "073009.142500", "073010.302500", "073011.462500", "073012.622500", "073013.782500", "073014.942500", "073016.102500", "073017.262500", "073018.422500", "073019.582500", "073020.742500", "073021.902500", "073023.062500", "073024.222500", "073025.382500", "073026.542500", "073027.702500", "073028.862500", "073030.022500", "073031.182500", "073032.342500", "073033.502500", "073034.662500", "073035.822500", "073036.982500", "073038.142500", "073039.302500", "073040.462500", "073041.622500", "073042.782500", "073043.942500", "073045.102500", "073046.262500", "073047.422500", "073048.582500", "073049.742500", "073050.902500", "073052.062500", "073053.222500", "073054.382500", "073055.542500", "073056.702500", "073057.862500", "073059.022500", "073100.182500", "073101.342500", "073102.502500", "073103.662500", "073104.822500", "073105.982500", "073107.142500", "073108.302500", "073109.462500", "073110.622500", "073111.782500", "073112.942500", "073114.102500", "073115.262500", "073116.422500", "073117.582500", "073118.742500", "073119.902500", "073121.062500", "073122.222500", "073123.382500", "073124.542500", "073125.702500", "073126.862500", "073128.022500", "073129.182500", "073130.342500", "073131.502500", "073132.662500", "073133.822500", "073134.982500", "073136.142500", "073137.302500", "073138.462500", "073139.622500", "073140.782500", "073141.942500", "073143.102500", "073144.262500", "073145.422500", "073146.582500", "073147.742500", "073148.902500", "073150.062500", "073151.222500", "073152.382500", "073153.542500", "073154.702500", "073155.862500", "073157.022500", "073158.182500", "073159.342500", "073200.502500", "073201.662500", "073202.822500", "073203.982500", "073205.142500", "073206.302500", "073207.462500", "073208.622500", "073209.782500", "073210.942500", "073212.102500", "073213.262500", "073214.422500", "073215.582500", "073216.742500", "073217.902500", "073219.062500", "073220.222500", "073221.382500", "073222.542500", "073223.702500", "073224.862500", "073226.022500", "073227.182500", "073228.342500", "073229.502500", "073230.662500", "073231.822500", "073232.982500", "073234.142500", "073235.302500", "073236.462500", "073237.622500", "073238.782500", "073239.942500", "073241.102500", "073242.262500", "073243.422500", "073244.582500", "073245.742500", "073246.902500", "073248.062500", "073249.222500", "073250.382500", "073251.542500", "073252.702500", "073253.862500", "073255.022500", "073256.182500", "073257.342500", "073258.502500", "073259.662500", "073300.822500", "073301.982500", "073303.142500", "073304.302500", "073305.462500", "073306.622500", "073307.782500", "073308.942500", "073310.102500", "073311.262500", "073312.422500", "073313.582500", "073314.742500", "073315.902500", "073317.062500", "073318.222500", "073319.382500", "073320.542500", "073321.702500", "073322.862500", "073324.022500", "073325.182500", "073326.342500", "073327.502500", "073328.662500", "073329.822500", "073330.982500", "073332.142500", "073333.302500", "073334.462500", "073335.622500", "073336.782500", "073337.942500", "073339.102500", "073340.265000", "073341.425000", "073342.585000", "073343.745000", "073344.905000", "073346.065000", "073347.225000", "073348.385000", "073349.545000", "073350.705000", "073351.865000", "073353.025000", "073354.185000", "073355.345000", "073356.505000", "073357.665000", "073358.825000", "073359.985000", "073401.145000", "073402.305000", "073403.465000", "073404.625000", "073405.785000", "073406.945000", "073408.105000", "073409.265000", "073410.425000", "073411.585000", "073412.745000", "073413.905000", "073415.065000", "073416.225000", "073417.385000", "073418.545000", "073419.705000", "073420.865000", "073422.025000", "073423.185000", "073424.345000", "073425.505000", "073426.665000", "073427.825000", "073428.985000", "073430.145000", "073431.305000", "073432.465000", "073433.625000", "073434.785000", "073435.945000", "073437.105000", "073438.265000", "073439.425000", "073440.585000", "073441.745000", "073442.905000", "073444.065000", "073445.225000", "073446.385000", "073447.545000", "073448.705000", "073449.865000", "073451.025000", "073452.185000", "073453.345000", "073454.505000", "073455.665000", "073456.825000", "073457.985000", "073459.145000", "073500.305000", "073501.465000", "073502.625000", "073503.785000", "073504.945000", "073506.105000", "073507.265000", "073508.425000", "073509.585000", "073510.745000", "073511.905000", "073513.065000", "073514.225000", "073515.385000", "073516.545000", "073517.705000", "073518.865000", "073520.025000", "073521.185000", "073522.345000", "073523.505000", "073524.665000", "073525.825000", "073526.985000", "073528.145000", "073529.305000", "073530.465000", "073531.625000", "073532.785000", "073533.945000", "073535.105000", "073536.265000", "073537.425000", "073538.585000", "073539.745000", "073540.905000", "073542.065000", "073543.225000", "073544.385000", "073545.545000", "073546.705000", "073547.865000", "073549.025000", "073550.185000", "073551.345000", "073552.505000", "073553.665000", "073554.825000", "073555.985000", "073557.145000", "073558.305000", "073559.465000"], "ContentTime": ["072616.468000", "072625.359000", "072625.359000", "072625.375000", "072625.375000", "072625.375000", "072625.375000", "072625.375000", "072625.390000", "072630.359000", "072630.359000", "072630.375000", "072630.375000", "072635.359000", "072635.359000", "072635.375000", "072635.375000", "072640.359000", "072640.359000", "072640.375000", "072640.375000", "072645.359000", "072645.359000", "072645.375000", "072645.375000", "072650.359000", "072650.359000", "072650.375000", "072650.375000", "072655.359000", "072655.359000", "072655.375000", "072655.375000", "072700.359000", "072700.359000", "072700.375000", "072700.375000", "072705.359000", "072705.359000", "072705.375000", "072705.375000", "072710.359000", "072710.359000", "072710.359000", "072710.375000", "072715.359000", "072715.359000", "072715.375000", "072715.375000", "072720.359000", "072720.359000", "072720.359000", "072720.375000", "072725.359000", "072725.359000", "072725.375000", "072725.375000", "072730.359000", "072730.359000", "072730.375000", "072730.375000", "072735.359000", "072735.359000", "072735.375000", "072735.375000", "072740.359000", "072740.359000", "072740.359000", "072740.375000", "072745.359000", "072745.359000", "072745.359000", "072745.375000", "072750.359000", "072750.359000", "072750.359000", "072750.375000", "072755.359000", "072755.359000", "072755.359000", "072800.359000", "072800.359000", "072800.359000", "072800.375000", "072800.375000", "072805.359000", "072805.359000", "072805.359000", "072810.359000", "072810.359000", "072810.359000", "072810.375000", "072815.359000", "072815.375000", "072815.375000", "072815.375000", "072820.359000", "072820.359000", "072820.375000", "072820.375000", "072825.359000", "072825.359000", "072825.359000", "072825.375000", "072830.359000", "072830.359000", "072830.359000", "072830.375000", "072835.359000", "072835.359000", "072835.375000", "072840.359000", "072840.359000", "072840.359000", "072840.375000", "072845.359000", "072845.359000", "072845.359000", "072845.375000", "072850.359000", "072850.359000", "072850.375000", "072850.375000", "072855.359000", "072855.359000", "072855.359000", "072855.375000", "072900.359000", "072900.359000", "072900.359000", "072900.375000", "072905.359000", "072905.359000", "072905.375000", "072905.375000", "072910.359000", "072910.359000", "072910.359000", "072910.375000", "072915.359000", "072915.375000", "072915.375000", "072915.375000", "072920.359000", "072920.359000", "072920.359000", "072920.390000", "072925.359000", "072925.359000", "072925.359000", "072925.375000", "072930.359000", "072930.359000", "072930.359000", "072930.375000", "072935.359000", "072935.359000", "072935.359000", "072935.375000", "072940.359000", "072940.359000", "072940.359000", "072940.375000", "072945.359000", "072945.359000", "072945.359000", "072945.375000", "072950.359000", "072950.359000", "072950.375000", "072950.375000", "072955.359000", "072955.359000", "072955.359000", "072955.375000", "073000.359000", "073000.359000", "073000.359000", "073000.375000", "073005.359000", "073005.359000", "073005.359000", "073005.375000", "073010.359000", "073010.359000", "073010.359000", "073010.375000", "073015.359000", "073015.359000", "073015.359000", "073015.375000", "073020.359000", "073020.359000", "073020.359000", "073020.375000", "073025.359000", "073025.359000", "073025.359000", "073025.375000", "073030.359000", "073030.359000", "073030.359000", "073030.375000", "073035.359000", "073035.359000", "073035.359000", "073035.375000", "073040.359000", "073040.359000", "073040.375000", "073040.375000", "073045.359000", "073045.359000", "073045.375000", "073045.375000", "073050.359000", "073050.359000", "073050.359000", "073050.375000", "073055.359000", "073055.359000", "073055.359000", "073055.375000", "073100.359000", "073100.359000", "073100.359000", "073100.375000", "073105.359000", "073105.359000", "073105.375000", "073105.375000", "073110.359000", "073110.375000", "073110.375000", "073110.375000", "073115.359000", "073115.359000", "073115.359000", "073115.375000", "073120.359000", "073120.359000", "073120.359000", "073120.375000", "073125.359000", "073125.359000", "073125.359000", "073125.375000", "073130.359000", "073130.359000", "073130.359000", "073130.375000", "073135.359000", "073135.359000", "073135.359000", "073135.375000", "073140.359000", "073140.359000", "073140.359000", "073140.375000", "073145.359000", "073145.359000", "073145.359000", "073145.375000", "073145.375000", "073150.406000", "073150.421000", "073150.421000", "073155.359000", "073155.359000", "073155.375000", "073155.375000", "073200.359000", "073200.359000", "073200.375000", "073200.375000", "073205.359000", "073205.359000", "073205.375000", "073205.375000", "073210.359000", "073210.359000", "073210.375000", "073210.375000", "073215.359000", "073215.359000", "073215.359000", "073215.375000", "073220.359000", "073220.359000", "073220.359000", "073220.375000", "073225.359000", "073225.359000", "073225.375000", "073225.375000", "073230.375000", "073230.375000", "073230.375000", "073230.390000", "073235.359000", "073235.359000", "073235.375000", "073235.375000", "073240.359000", "073240.375000", "073240.375000", "073240.375000", "073245.359000", "073245.359000", "073245.375000", "073245.375000", "073250.359000", "073250.375000", "073250.375000", "073255.359000", "073255.359000", "073255.359000", "073255.375000", "073255.375000", "073300.359000", "073300.375000", "073300.375000", "073305.359000", "073305.359000", "073305.375000", "073305.375000", "073310.359000", "073310.359000", "073310.375000", "073310.375000", "073315.359000", "073315.359000", "073315.375000", "073315.375000", "073320.359000", "073320.375000", "073320.375000", "073320.375000", "073325.359000", "073325.359000", "073325.375000", "073325.375000", "073330.359000", "073330.359000", "073330.375000", "073330.375000", "073335.359000", "073335.359000", "073335.375000", "073335.375000", "073340.359000", "073340.359000", "073340.375000", "073340.375000", "073345.359000", "073345.359000", "073345.375000", "073345.375000", "073350.359000", "073350.359000", "073350.375000", "073350.375000", "073355.359000", "073355.359000", "073355.375000", "073355.375000", "073400.359000", "073400.359000", "073400.375000", "073400.375000", "073405.359000", "073405.359000", "073405.375000", "073405.375000", "073410.359000", "073410.359000", "073410.375000", "073410.375000", "073415.359000", "073415.359000", "073415.375000", "073415.375000", "073420.359000", "073420.359000", "073420.375000", "073420.375000", "073425.359000", "073425.359000", "073425.375000", "073425.375000", "073430.359000", "073430.359000", "073430.359000", "073430.375000", "073430.375000", "073435.359000", "073435.375000", "073435.375000", "073435.375000", "073440.359000", "073440.359000", "073440.359000", "073440.375000", "073445.359000", "073445.359000", "073445.375000", "073445.375000", "073450.359000", "073450.359000", "073450.375000", "073450.375000", "073450.375000", "073455.359000", "073455.359000", "073455.375000", "073455.375000", "073500.359000", "073500.359000", "073500.375000", "073500.375000", "073505.359000", "073505.359000", "073505.359000", "073505.375000", "073510.359000", "073510.359000", "073510.359000", "073510.375000", "073515.359000", "073515.359000", "073515.375000", "073520.359000", "073520.359000", "073520.375000", "073520.375000", "073520.375000", "073525.359000", "073525.359000", "073525.359000", "073525.375000", "073530.359000", "073530.359000", "073530.359000", "073535.359000", "073535.359000", "073535.375000", "073535.375000", "073535.375000", "073540.359000", "073540.359000", "073540.375000", "073540.375000", "073545.359000", "073545.359000", "073545.359000", "073545.375000", "073550.359000", "073550.359000", "073550.375000", "073550.375000", "073555.359000", "073555.359000", "073555.375000", "073555.375000", "073600.359000", "073600.359000", "073600.359000", "073600.375000", "073605.359000", "073605.359000", "073605.359000", "073605.375000", "073610.359000", "073610.375000", "073610.375000", "073610.375000", "073610.375000", "073615.359000", "073615.359000", "073615.375000", "073615.375000", "073620.359000", "073620.359000", "073620.375000", "073620.375000", "073625.359000", "073625.359000", "073625.375000", "073625.375000", "073625.375000", "073635.359000", "073635.359000", "073635.359000", "073635.390000", "073635.390000", "073635.390000", "073635.406000", "073635.406000", "073635.406000", "073640.359000", "073640.359000", "073640.375000", "073640.375000", "073645.359000", "073645.359000", "073645.375000", "073645.375000", "073650.359000", "073650.359000", "073650.359000", "073650.375000", "073650.375000", "073655.359000", "073655.359000", "073655.375000", "073655.375000", "073656.671000", "073656.671000"], "InstanceCreationTime": ["072616.468000", "072625.359000", "072625.359000", "072625.375000", "072625.375000", "072625.375000", "072625.375000", "072625.375000", "072625.390000", "072630.359000", "072630.359000", "072630.375000", "072630.375000", "072635.359000", "072635.359000", "072635.375000", "072635.375000", "072640.359000", "072640.359000", "072640.375000", "072640.375000", "072645.359000", "072645.359000", "072645.375000", "072645.375000", "072650.359000", "072650.359000", "072650.375000", "072650.375000", "072655.359000", "072655.359000", "072655.375000", "072655.375000", "072700.359000", "072700.359000", "072700.375000", "072700.375000", "072705.359000", "072705.359000", "072705.375000", "072705.375000", "072710.359000", "072710.359000", "072710.359000", "072710.375000", "072715.359000", "072715.359000", "072715.375000", "072715.375000", "072720.359000", "072720.359000", "072720.359000", "072720.375000", "072725.359000", "072725.359000", "072725.375000", "072725.375000", "072730.359000", "072730.359000", "072730.375000", "072730.375000", "072735.359000", "072735.359000", "072735.375000", "072735.375000", "072740.359000", "072740.359000", "072740.359000", "072740.375000", "072745.359000", "072745.359000", "072745.359000", "072745.375000", "072750.359000", "072750.359000", "072750.359000", "072750.375000", "072755.359000", "072755.359000", "072755.359000", "072800.359000", "072800.359000", "072800.359000", "072800.375000", "072800.375000", "072805.359000", "072805.359000", "072805.359000", "072810.359000", "072810.359000", "072810.359000", "072810.375000", "072815.359000", "072815.375000", "072815.375000", "072815.375000", "072820.359000", "072820.359000", "072820.375000", "072820.375000", "072825.359000", "072825.359000", "072825.359000", "072825.375000", "072830.359000", "072830.359000", "072830.359000", "072830.375000", "072835.359000", "072835.359000", "072835.375000", "072840.359000", "072840.359000", "072840.359000", "072840.375000", "072845.359000", "072845.359000", "072845.359000", "072845.375000", "072850.359000", "072850.359000", "072850.375000", "072850.375000", "072855.359000", "072855.359000", "072855.359000", "072855.375000", "072900.359000", "072900.359000", "072900.359000", "072900.375000", "072905.359000", "072905.359000", "072905.375000", "072905.375000", "072910.359000", "072910.359000", "072910.359000", "072910.375000", "072915.359000", "072915.375000", "072915.375000", "072915.375000", "072920.359000", "072920.359000", "072920.359000", "072920.390000", "072925.359000", "072925.359000", "072925.359000", "072925.375000", "072930.359000", "072930.359000", "072930.359000", "072930.375000", "072935.359000", "072935.359000", "072935.359000", "072935.375000", "072940.359000", "072940.359000", "072940.359000", "072940.375000", "072945.359000", "072945.359000", "072945.359000", "072945.375000", "072950.359000", "072950.359000", "072950.375000", "072950.375000", "072955.359000", "072955.359000", "072955.359000", "072955.375000", "073000.359000", "073000.359000", "073000.359000", "073000.375000", "073005.359000", "073005.359000", "073005.359000", "073005.375000", "073010.359000", "073010.359000", "073010.359000", "073010.375000", "073015.359000", "073015.359000", "073015.359000", "073015.375000", "073020.359000", "073020.359000", "073020.359000", "073020.375000", "073025.359000", "073025.359000", "073025.359000", "073025.375000", "073030.359000", "073030.359000", "073030.359000", "073030.375000", "073035.359000", "073035.359000", "073035.359000", "073035.375000", "073040.359000", "073040.359000", "073040.375000", "073040.375000", "073045.359000", "073045.359000", "073045.375000", "073045.375000", "073050.359000", "073050.359000", "073050.359000", "073050.375000", "073055.359000", "073055.359000", "073055.359000", "073055.375000", "073100.359000", "073100.359000", "073100.359000", "073100.375000", "073105.359000", "073105.359000", "073105.375000", "073105.375000", "073110.359000", "073110.375000", "073110.375000", "073110.375000", "073115.359000", "073115.359000", "073115.359000", "073115.375000", "073120.359000", "073120.359000", "073120.359000", "073120.375000", "073125.359000", "073125.359000", "073125.359000", "073125.375000", "073130.359000", "073130.359000", "073130.359000", "073130.375000", "073135.359000", "073135.359000", "073135.359000", "073135.375000", "073140.359000", "073140.359000", "073140.359000", "073140.375000", "073145.359000", "073145.359000", "073145.359000", "073145.375000", "073145.375000", "073150.406000", "073150.421000", "073150.421000", "073155.359000", "073155.359000", "073155.375000", "073155.375000", "073200.359000", "073200.359000", "073200.375000", "073200.375000", "073205.359000", "073205.359000", "073205.375000", "073205.375000", "073210.359000", "073210.359000", "073210.375000", "073210.375000", "073215.359000", "073215.359000", "073215.359000", "073215.375000", "073220.359000", "073220.359000", "073220.359000", "073220.375000", "073225.359000", "073225.359000", "073225.375000", "073225.375000", "073230.375000", "073230.375000", "073230.375000", "073230.390000", "073235.359000", "073235.359000", "073235.375000", "073235.375000", "073240.359000", "073240.375000", "073240.375000", "073240.375000", "073245.359000", "073245.359000", "073245.375000", "073245.375000", "073250.359000", "073250.375000", "073250.375000", "073255.359000", "073255.359000", "073255.359000", "073255.375000", "073255.375000", "073300.359000", "073300.375000", "073300.375000", "073305.359000", "073305.359000", "073305.375000", "073305.375000", "073310.359000", "073310.359000", "073310.375000", "073310.375000", "073315.359000", "073315.359000", "073315.375000", "073315.375000", "073320.359000", "073320.375000", "073320.375000", "073320.375000", "073325.359000", "073325.359000", "073325.375000", "073325.375000", "073330.359000", "073330.359000", "073330.375000", "073330.375000", "073335.359000", "073335.359000", "073335.375000", "073335.375000", "073340.359000", "073340.359000", "073340.375000", "073340.375000", "073345.359000", "073345.359000", "073345.375000", "073345.375000", "073350.359000", "073350.359000", "073350.375000", "073350.375000", "073355.359000", "073355.359000", "073355.375000", "073355.375000", "073400.359000", "073400.359000", "073400.375000", "073400.375000", "073405.359000", "073405.359000", "073405.375000", "073405.375000", "073410.359000", "073410.359000", "073410.375000", "073410.375000", "073415.359000", "073415.359000", "073415.375000", "073415.375000", "073420.359000", "073420.359000", "073420.375000", "073420.375000", "073425.359000", "073425.359000", "073425.375000", "073425.375000", "073430.359000", "073430.359000", "073430.359000", "073430.375000", "073430.375000", "073435.359000", "073435.375000", "073435.375000", "073435.375000", "073440.359000", "073440.359000", "073440.359000", "073440.375000", "073445.359000", "073445.359000", "073445.375000", "073445.375000", "073450.359000", "073450.359000", "073450.375000", "073450.375000", "073450.375000", "073455.359000", "073455.359000", "073455.375000", "073455.375000", "073500.359000", "073500.359000", "073500.375000", "073500.375000", "073505.359000", "073505.359000", "073505.359000", "073505.375000", "073510.359000", "073510.359000", "073510.359000", "073510.375000", "073515.359000", "073515.359000", "073515.375000", "073520.359000", "073520.359000", "073520.375000", "073520.375000", "073520.375000", "073525.359000", "073525.359000", "073525.359000", "073525.375000", "073530.359000", "073530.359000", "073530.359000", "073535.359000", "073535.359000", "073535.375000", "073535.375000", "073535.375000", "073540.359000", "073540.359000", "073540.375000", "073540.375000", "073545.359000", "073545.359000", "073545.359000", "073545.375000", "073550.359000", "073550.359000", "073550.375000", "073550.375000", "073555.359000", "073555.359000", "073555.375000", "073555.375000", "073600.359000", "073600.359000", "073600.359000", "073600.375000", "073605.359000", "073605.359000", "073605.359000", "073605.375000", "073610.359000", "073610.375000", "073610.375000", "073610.375000", "073610.375000", "073615.359000", "073615.359000", "073615.375000", "073615.375000", "073620.359000", "073620.359000", "073620.375000", "073620.375000", "073625.359000", "073625.359000", "073625.375000", "073625.375000", "073625.375000", "073635.359000", "073635.359000", "073635.359000", "073635.390000", "073635.390000", "073635.390000", "073635.406000", "073635.406000", "073635.406000", "073640.359000", "073640.359000", "073640.375000", "073640.375000", "073645.359000", "073645.359000", "073645.375000", "073645.375000", "073650.359000", "073650.359000", "073650.359000", "073650.375000", "073650.375000", "073655.359000", "073655.359000", "073655.375000", "073655.375000", "073656.671000", "073656.671000"], "InstanceNumber": [1, 2, 3, 4, 5, 6, 7, 8, 9, 10, 11, 12, 13, 14, 15, 16, 17, 18, 19, 20, 21, 22, 23, 24, 25, 26, 27, 28, 29, 30, 31, 32, 33, 34, 35, 36, 37, 38, 39, 40, 41, 42, 43, 44, 45, 46, 47, 48, 49, 50, 51, 52, 53, 54, 55, 56, 57, 58, 59, 60, 61, 62, 63, 64, 65, 66, 67, 68, 69, 70, 71, 72, 73, 74, 75, 76, 77, 78, 79, 80, 81, 82, 83, 84, 85, 86, 87, 88, 89, 90, 91, 92, 93, 94, 95, 96, 97, 98, 99, 100, 101, 102, 103, 104, 105, 106, 107, 108, 109, 110, 111, 112, 113, 114, 115, 116, 117, 118, 119, 120, 121, 122, 123, 124, 125, 126, 127, 128, 129, 130, 131, 132, 133, 134, 135, 136, 137, 138, 139, 140, 141, 142, 143, 144, 145, 146, 147, 148, 149, 150, 151, 152, 153, 154, 155, 156, 157, 158, 159, 160, 161, 162, 163, 164, 165, 166, 167, 168, 169, 170, 171, 172, 173, 174, 175, 176, 177, 178, 179, 180, 181, 182, 183, 184, 185, 186, 187, 188, 189, 190, 191, 192, 193, 194, 195, 196, 197, 198, 199, 200, 201, 202, 203, 204, 205, 206, 207, 208, 209, 210, 211, 212, 213, 214, 215, 216, 217, 218, 219, 220, 221, 222, 223, 224, 225, 226, 227, 228, 229, 230, 231, 232, 233, 234, 235, 236, 237, 238, 239, 240, 241, 242, 243, 244, 245, 246, 247, 248, 249, 250, 251, 252, 253, 254, 255, 256, 257, 258, 259, 260, 261, 262, 263, 264, 265, 266, 267, 268, 269, 270, 271, 272, 273, 274, 275, 276, 277, 278, 279, 280, 281, 282, 283, 284, 285, 286, 287, 288, 289, 290, 291, 292, 293, 294, 295, 296, 297, 298, 299, 300, 301, 302, 303, 304, 305, 306, 307, 308, 309, 310, 311, 312, 313, 314, 315, 316, 317, 318, 319, 320, 321, 322, 323, 324, 325, 326, 327, 328, 329, 330, 331, 332, 333, 334, 335, 336, 337, 338, 339, 340, 341, 342, 343, 344, 345, 346, 347, 348, 349, 350, 351, 352, 353, 354, 355, 356, 357, 358, 359, 360, 361, 362, 363, 364, 365, 366, 367, 368, 369, 370, 371, 372, 373, 374, 375, 376, 377, 378, 379, 380, 381, 382, 383, 384, 385, 386, 387, 388, 389, 390, 391, 392, 393, 394, 395, 396, 397, 398, 399, 400, 401, 402, 403, 404, 405, 406, 407, 408, 409, 410, 411, 412, 413, 414, 415, 416, 417, 418, 419, 420, 421, 422, 423, 424, 425, 426, 427, 428, 429, 430, 431, 432, 433, 434, 435, 436, 437, 438, 439, 440, 441, 442, 443, 444, 445, 446, 447, 448, 449, 450, 451, 452, 453, 454, 455, 456, 457, 458, 459, 460, 461, 462, 463, 464, 465, 466, 467, 468, 469, 470, 471, 472, 473, 474, 475, 476, 477, 478, 479, 480, 481, 482, 483, 484, 485, 486, 487, 488, 489, 490, 491, 492, 493, 494, 495, 496, 497, 498, 499, 500, 501, 502, 503, 504, 505, 506, 507, 508, 509, 510, 511, 512, 513, 514, 515, 516, 517, 518], "LargestImagePixelValue": [23401, 23400, 22615, 22476, 22478, 23048, 22467, 22469, 22445, 22411, 22435, 22799, 22494, 22591, 22398, 23365, 22445, 23059, 22779, 22526, 25013, 23790, 23361, 22933, 22672, 22564, 22253, 22259, 22566, 22427, 22798, 22503, 22983, 22312, 23162, 22346, 22574, 22461, 22431, 22416, 22407, 24665, 22283, 22239, 23932, 22578, 22289, 22554, 22482, 22337, 22298, 23610, 22207, 24674, 22404, 22237, 23123, 22216, 23719, 23913, 22440, 22069, 22351, 22174, 23636, 22191, 22588, 23803, 22164, 22786, 22222, 23047, 22251, 22024, 22856, 21994, 23176, 22322, 22531, 22732, 21928, 22371, 22225, 23552, 22880, 22041, 22370, 22304, 22284, 24778, 22161, 21841, 21979, 23552, 22205, 22128, 22287, 23802, 22404, 22425, 22012, 22304, 22110, 22864, 22021, 22039, 22095, 22050, 22068, 22296, 23038, 22476, 22054, 22197, 23259, 22884, 22066, 23722, 22806, 22303, 22373, 22211, 24018, 22449, 22216, 22552, 22551, 23403, 22278, 22324, 22301, 22551, 22552, 22535, 22486, 22841, 22500, 22403, 24471, 22457, 22310, 22648, 22326, 23265, 22430, 22377, 24598, 22960, 25507, 23024, 22332, 22310, 24907, 22744, 22298, 22235, 22923, 22421, 24406, 22648, 22232, 23397, 22709, 22262, 24603, 22419, 22541, 22704, 23642, 22281, 22162, 22599, 22265, 22874, 22331, 22479, 22244, 22264, 23499, 22425, 22425, 22403, 22467, 22334, 23125, 23611, 23819, 22454, 23342, 22272, 23596, 22668, 22373, 22258, 22378, 22384, 22308, 22257, 22785, 23700, 22341, 22238, 22980, 22524, 22384, 22423, 22388, 22493, 23177, 23157, 22313, 22429, 22903, 23574, 22806, 22432, 22390, 22440, 22509, 23372, 22902, 22493, 22264, 22262, 23827, 22423, 22578, 22458, 22401, 22281, 22468, 23850, 22426, 22358, 22551, 22549, 23290, 22754, 22400, 22325, 22270, 22429, 22467, 22596, 22742, 22470, 23135, 22389, 22348, 22549, 23496, 22267, 22303, 22618, 22538, 23188, 23522, 22348, 22290, 22417, 22390, 23373, 23776, 23557, 22231, 22326, 22191, 22782, 25524, 23021, 23230, 22421, 22674, 22441, 22410, 22481, 22408, 22425, 23008, 22950, 22305, 23400, 22837, 22500, 22921, 22510, 22229, 22419, 22368, 23745, 25500, 22484, 22629, 22420, 22445, 22992, 22917, 23117, 22364, 22491, 22342, 22827, 22938, 22411, 22329, 22470, 22581, 23793, 25427, 22269, 22884, 22225, 22629, 22388, 22320, 23189, 22188, 23660, 22388, 22406, 22516, 22335, 22314, 22397, 23318, 22533, 22398, 22333, 22362, 22742, 22714, 22372, 23352, 22441, 22341, 22481, 22392, 22370, 22846, 23622, 22287, 22159, 22490, 22283, 23455, 22325, 22145, 22247, 22490, 22785, 24163, 22366, 22267, 22392, 22337, 24631, 22692, 23642, 22257, 22188, 22458, 22470, 22342, 22211, 22160, 22210, 22619, 22174, 22383, 22159, 22373, 22228, 22696, 22402, 22602, 22437, 22160, 22333, 22259, 22152, 22189, 22480, 22311, 22543, 22278, 22804, 22266, 22353, 22124, 22602, 24040, 22318, 22424, 22166, 23500, 22357, 22353, 22386, 22244, 22302, 22225, 22286, 21996, 22407, 22353, 22681, 22864, 22181, 22066, 22356, 22002, 23015, 23074, 22128, 22379, 22132, 22065, 22697, 22502, 22612, 22153, 22098, 22257, 22106, 22101, 22673, 22162, 24100, 22376, 21893, 22749, 22306, 22315, 21984, 22087, 21935, 22133, 22195, 22285, 22388, 22035, 22272, 23601, 21899, 22147, 22118, 22074, 24475, 22168, 22261, 22484, 22212, 23457, 21997, 22066, 21954, 22394, 22474, 22198, 22035, 22101, 22249, 24044, 21985, 22529, 22058, 22071, 22060, 22153, 23035, 22345, 22590, 22241, 21940, 22360, 22055, 22279, 22494, 22425, 22011, 22187, 22298, 24136, 23281, 22829, 22080, 22191, 21947, 22242, 23590, 22294, 23187, 22006, 22210, 22234, 23850, 22142, 22186, 22746, 22075, 21969, 22314, 22006, 23121, 22995, 23074, 21980, 22904, 22131, 22353, 22068, 21933, 23713, 21941, 22105, 22216, 21919, 22163], "WindowCenter": [9613.0, 9610.0, 9602.0, 9625.0, 9622.0, 9600.0, 9593.0, 9586.0, 9575.0, 9574.0, 9583.0, 9599.0, 9602.0, 9597.0, 9608.0, 9600.0, 9586.0, 9592.0, 9587.0, 9577.0, 9591.0, 9641.0, 9626.0, 9630.0, 9609.0, 9595.0, 9576.0, 9581.0, 9587.0, 9573.0, 9574.0, 9594.0, 9592.0, 9605.0, 9614.0, 9604.0, 9602.0, 9596.0, 9610.0, 9613.0, 9632.0, 9636.0, 9608.0, 9587.0, 9595.0, 9600.0, 9592.0, 9592.0, 9575.0, 9570.0, 9593.0, 9596.0, 9597.0, 9609.0, 9595.0, 9595.0, 9608.0, 9602.0, 9590.0, 9603.0, 9596.0, 9592.0, 9593.0, 9575.0, 9590.0, 9572.0, 9586.0, 9587.0, 9583.0, 9587.0, 9567.0, 9585.0, 9598.0, 9586.0, 9595.0, 9605.0, 9586.0, 9590.0, 9573.0, 9588.0, 9583.0, 9588.0, 9599.0, 9599.0, 9592.0, 9565.0, 9589.0, 9594.0, 9608.0, 9600.0, 9598.0, 9582.0, 9599.0, 9605.0, 9594.0, 9595.0, 9578.0, 9584.0, 9570.0, 9572.0, 9578.0, 9572.0, 9572.0, 9580.0, 9568.0, 9573.0, 9569.0, 9583.0, 9582.0, 9573.0, 9586.0, 9577.0, 9563.0, 9577.0, 9581.0, 9583.0, 9570.0, 9580.0, 9571.0, 9585.0, 9594.0, 9583.0, 9599.0, 9576.0, 9616.0, 9599.0, 9592.0, 9589.0, 9588.0, 9575.0, 9582.0, 9588.0, 9593.0, 9596.0, 9577.0, 9575.0, 9584.0, 9576.0, 9593.0, 9573.0, 9578.0, 9589.0, 9609.0, 9612.0, 9596.0, 9585.0, 9585.0, 9564.0, 9590.0, 9584.0, 9585.0, 9566.0, 9599.0, 9593.0, 9588.0, 9554.0, 9569.0, 9562.0, 9578.0, 9590.0, 9590.0, 9585.0, 9566.0, 9570.0, 9573.0, 9562.0, 9580.0, 9562.0, 9562.0, 9568.0, 9557.0, 9570.0, 9577.0, 9594.0, 9571.0, 9569.0, 9555.0, 9566.0, 9577.0, 9576.0, 9566.0, 9569.0, 9565.0, 9589.0, 9586.0, 9582.0, 9575.0, 9559.0, 9571.0, 9556.0, 9561.0, 9564.0, 9576.0, 9567.0, 9575.0, 9582.0, 9588.0, 9587.0, 9574.0, 9572.0, 9553.0, 9559.0, 9577.0, 9572.0, 9575.0, 9592.0, 9568.0, 9585.0, 9561.0, 9570.0, 9545.0, 9570.0, 9586.0, 9591.0, 9569.0, 9579.0, 9580.0, 9593.0, 9567.0, 9574.0, 9556.0, 9562.0, 9557.0, 9560.0, 9571.0, 9553.0, 9563.0, 9557.0, 9560.0, 9560.0, 9582.0, 9589.0, 9559.0, 9564.0, 9555.0, 9539.0, 9543.0, 9568.0, 9557.0, 9550.0, 9537.0, 9543.0, 9544.0, 9550.0, 9541.0, 9544.0, 9548.0, 9560.0, 9580.0, 9568.0, 9566.0, 9548.0, 9560.0, 9554.0, 9563.0, 9544.0, 9559.0, 9542.0, 9566.0, 9556.0, 9570.0, 9565.0, 9557.0, 9571.0, 9551.0, 9550.0, 9548.0, 9568.0, 9577.0, 9575.0, 9568.0, 9560.0, 9564.0, 9570.0, 9578.0, 9561.0, 9558.0, 9533.0, 9537.0, 9546.0, 9545.0, 9553.0, 9545.0, 9538.0, 9541.0, 9565.0, 9568.0, 9567.0, 9585.0, 9568.0, 9568.0, 9552.0, 9541.0, 9550.0, 9558.0, 9562.0, 9539.0, 9539.0, 9552.0, 9557.0, 9567.0, 9563.0, 9550.0, 9556.0, 9545.0, 9559.0, 9564.0, 9583.0, 9576.0, 9546.0, 9559.0, 9539.0, 9553.0, 9530.0, 9535.0, 9541.0, 9538.0, 9529.0, 9532.0, 9514.0, 9526.0, 9544.0, 9551.0, 9522.0, 9553.0, 9532.0, 9545.0, 9553.0, 9534.0, 9551.0, 9551.0, 9537.0, 9546.0, 9545.0, 9538.0, 9548.0, 9538.0, 9539.0, 9532.0, 9528.0, 9541.0, 9540.0, 9568.0, 9554.0, 9554.0, 9561.0, 9541.0, 9541.0, 9556.0, 9558.0, 9584.0, 9544.0, 9550.0, 9559.0, 9540.0, 9549.0, 9537.0, 9556.0, 9539.0, 9528.0, 9532.0, 9537.0, 9527.0, 9545.0, 9543.0, 9541.0, 9531.0, 9534.0, 9526.0, 9517.0, 9536.0, 9532.0, 9520.0, 9537.0, 9549.0, 9529.0, 9538.0, 9568.0, 9542.0, 9540.0, 9526.0, 9532.0, 9534.0, 9520.0, 9538.0, 9546.0, 9539.0, 9535.0, 9527.0, 9525.0, 9533.0, 9550.0, 9557.0, 9558.0, 9543.0, 9547.0, 9537.0, 9530.0, 9533.0, 9530.0, 9535.0, 9534.0, 9522.0, 9520.0, 9538.0, 9550.0, 9537.0, 9525.0, 9535.0, 9537.0, 9516.0, 9535.0, 9521.0, 9511.0, 9513.0, 9514.0, 9501.0, 9515.0, 9507.0, 9517.0, 9521.0, 9528.0, 9513.0, 9516.0, 9533.0, 9537.0, 9509.0, 9549.0, 9533.0, 9522.0, 9520.0, 9516.0, 9516.0, 9526.0, 9537.0, 9511.0, 9537.0, 9508.0, 9523.0, 9530.0, 9528.0, 9521.0, 9519.0, 9511.0, 9525.0, 9528.0, 9541.0, 9551.0, 9525.0, 9528.0, 9522.0, 9513.0, 9531.0, 9537.0, 9533.0, 9529.0, 9515.0, 9519.0, 9511.0, 9512.0, 9516.0, 9506.0, 9517.0, 9514.0, 9516.0, 9529.0, 9521.0, 9520.0, 9518.0, 9524.0, 9513.0, 9511.0, 9517.0, 9521.0, 9522.0, 9537.0, 9523.0, 9525.0, 9518.0, 9523.0, 9535.0, 9520.0, 9531.0, 9532.0, 9518.0, 9509.0, 9514.0, 9506.0, 9537.0, 9560.0, 9540.0, 9539.0, 9524.0, 9524.0, 9518.0, 9531.0, 9534.0, 9524.0, 9532.0, 9518.0, 9520.0, 9508.0, 9522.0, 9523.0, 9514.0, 9529.0, 9509.0, 9511.0, 9512.0, 9521.0, 9503.0, 9498.0, 9509.0, 9488.0, 9487.0, 9503.0, 9486.0, 9484.0], "WindowWidth": [20294.0, 20289.0, 20267.0, 20308.0, 20302.0, 20258.0, 20244.0, 20233.0, 20209.0, 20205.0, 20228.0, 20257.0, 20266.0, 20255.0, 20274.0, 20256.0, 20229.0, 20237.0, 20230.0, 20212.0, 20234.0, 20361.0, 20316.0, 20323.0, 20283.0, 20246.0, 20206.0, 20217.0, 20225.0, 20201.0, 20212.0, 20248.0, 20246.0, 20273.0, 20288.0, 20268.0, 20262.0, 20256.0, 20277.0, 20289.0, 20325.0, 20327.0, 20278.0, 20237.0, 20245.0, 20254.0, 20236.0, 20234.0, 20206.0, 20201.0, 20241.0, 20252.0, 20252.0, 20273.0, 20250.0, 20248.0, 20271.0, 20262.0, 20238.0, 20262.0, 20253.0, 20244.0, 20241.0, 20208.0, 20236.0, 20203.0, 20228.0, 20228.0, 20221.0, 20232.0, 20193.0, 20225.0, 20252.0, 20229.0, 20249.0, 20267.0, 20229.0, 20233.0, 20204.0, 20232.0, 20224.0, 20234.0, 20254.0, 20252.0, 20239.0, 20190.0, 20233.0, 20251.0, 20278.0, 20259.0, 20259.0, 20223.0, 20256.0, 20267.0, 20243.0, 20241.0, 20210.0, 20218.0, 20193.0, 20198.0, 20212.0, 20199.0, 20198.0, 20217.0, 20196.0, 20206.0, 20199.0, 20222.0, 20222.0, 20208.0, 20225.0, 20211.0, 20184.0, 20210.0, 20219.0, 20220.0, 20195.0, 20213.0, 20197.0, 20228.0, 20246.0, 20224.0, 20251.0, 20215.0, 20285.0, 20257.0, 20242.0, 20233.0, 20231.0, 20206.0, 20220.0, 20233.0, 20242.0, 20244.0, 20212.0, 20205.0, 20221.0, 20205.0, 20231.0, 20198.0, 20210.0, 20233.0, 20275.0, 20280.0, 20250.0, 20229.0, 20221.0, 20182.0, 20229.0, 20220.0, 20224.0, 20185.0, 20245.0, 20236.0, 20227.0, 20160.0, 20190.0, 20173.0, 20203.0, 20234.0, 20232.0, 20221.0, 20183.0, 20190.0, 20193.0, 20175.0, 20210.0, 20176.0, 20177.0, 20189.0, 20169.0, 20193.0, 20209.0, 20236.0, 20193.0, 20190.0, 20162.0, 20181.0, 20204.0, 20204.0, 20185.0, 20191.0, 20185.0, 20229.0, 20227.0, 20218.0, 20200.0, 20168.0, 20190.0, 20162.0, 20169.0, 20176.0, 20200.0, 20182.0, 20198.0, 20216.0, 20226.0, 20223.0, 20200.0, 20193.0, 20155.0, 20165.0, 20200.0, 20196.0, 20201.0, 20236.0, 20193.0, 20219.0, 20175.0, 20191.0, 20142.0, 20188.0, 20218.0, 20225.0, 20189.0, 20208.0, 20212.0, 20234.0, 20187.0, 20194.0, 20159.0, 20172.0, 20163.0, 20167.0, 20187.0, 20157.0, 20173.0, 20161.0, 20175.0, 20172.0, 20212.0, 20225.0, 20170.0, 20177.0, 20161.0, 20128.0, 20134.0, 20182.0, 20162.0, 20148.0, 20124.0, 20129.0, 20134.0, 20146.0, 20127.0, 20135.0, 20139.0, 20166.0, 20207.0, 20188.0, 20181.0, 20148.0, 20165.0, 20156.0, 20172.0, 20135.0, 20162.0, 20132.0, 20172.0, 20156.0, 20183.0, 20172.0, 20159.0, 20190.0, 20152.0, 20148.0, 20147.0, 20183.0, 20200.0, 20195.0, 20180.0, 20167.0, 20179.0, 20189.0, 20205.0, 20172.0, 20162.0, 20117.0, 20118.0, 20133.0, 20132.0, 20148.0, 20132.0, 20118.0, 20132.0, 20178.0, 20188.0, 20185.0, 20215.0, 20182.0, 20179.0, 20155.0, 20132.0, 20147.0, 20159.0, 20165.0, 20124.0, 20127.0, 20155.0, 20161.0, 20182.0, 20174.0, 20149.0, 20158.0, 20137.0, 20161.0, 20175.0, 20215.0, 20196.0, 20138.0, 20158.0, 20122.0, 20149.0, 20107.0, 20114.0, 20124.0, 20117.0, 20098.0, 20103.0, 20076.0, 20095.0, 20130.0, 20144.0, 20094.0, 20148.0, 20113.0, 20135.0, 20147.0, 20115.0, 20147.0, 20144.0, 20118.0, 20136.0, 20136.0, 20119.0, 20138.0, 20119.0, 20117.0, 20103.0, 20098.0, 20127.0, 20125.0, 20177.0, 20155.0, 20153.0, 20163.0, 20127.0, 20129.0, 20156.0, 20163.0, 20213.0, 20139.0, 20145.0, 20162.0, 20127.0, 20139.0, 20119.0, 20154.0, 20123.0, 20100.0, 20110.0, 20117.0, 20098.0, 20134.0, 20129.0, 20125.0, 20106.0, 20111.0, 20093.0, 20077.0, 20114.0, 20107.0, 20082.0, 20112.0, 20139.0, 20102.0, 20120.0, 20176.0, 20129.0, 20120.0, 20090.0, 20103.0, 20103.0, 20079.0, 20116.0, 20131.0, 20116.0, 20110.0, 20096.0, 20094.0, 20106.0, 20138.0, 20158.0, 20156.0, 20127.0, 20134.0, 20116.0, 20099.0, 20106.0, 20102.0, 20112.0, 20109.0, 20088.0, 20079.0, 20115.0, 20138.0, 20114.0, 20090.0, 20109.0, 20114.0, 20077.0, 20107.0, 20080.0, 20056.0, 20058.0, 20063.0, 20041.0, 20064.0, 20051.0, 20071.0, 20077.0, 20096.0, 20067.0, 20073.0, 20104.0, 20113.0, 20060.0, 20134.0, 20108.0, 20086.0, 20079.0, 20073.0, 20073.0, 20088.0, 20112.0, 20064.0, 20111.0, 20058.0, 20084.0, 20097.0, 20095.0, 20084.0, 20076.0, 20061.0, 20093.0, 20095.0, 20122.0, 20141.0, 20092.0, 20094.0, 20085.0, 20065.0, 20096.0, 20109.0, 20102.0, 20095.0, 20069.0, 20080.0, 20057.0, 20059.0, 20066.0, 20048.0, 20067.0, 20064.0, 20071.0, 20101.0, 20080.0, 20079.0, 20077.0, 20083.0, 20062.0, 20057.0, 20075.0, 20078.0, 20084.0, 20116.0, 20088.0, 20088.0, 20075.0, 20088.0, 20108.0, 20082.0, 20101.0, 20100.0, 20072.0, 20056.0, 20072.0, 20054.0, 20115.0, 20159.0, 20122.0, 20119.0, 20091.0, 20088.0, 20077.0, 20100.0, 20105.0, 20087.0, 20099.0, 20078.0, 20078.0, 20051.0, 20078.0, 20079.0, 20060.0, 20088.0, 20055.0, 20056.0, 20061.0, 20080.0, 20045.0, 20032.0, 20048.0, 20011.0, 20010.0, 20034.0, 20006.0, 20001.0]}, "slices": {}}}