{"AcquisitionMatrixPE": 96, "AcquisitionNumber": 1, "AcquisitionTime": "17:08:18.472500", "BandwidthPerPixelPhaseEncode": 33.602, "BaseResolution": 96, "BodyPartExamined": "BRAIN", "ConsistencyInfo": "N4_VD11D_LATEST_20110129", "ConversionSoftware": "dcm2niix", "ConversionSoftwareVersion": "v1.0.20210317", "DerivedVendorReportedEchoSpacing": 0.000620003, "DeviceSerialNumber": "45239", "DwellTime": 2.6e-06, "EchoTime": 0.03, "EchoTrainLength": 48, "EffectiveEchoSpacing": 0.000310001, "FlipAngle": 63, "ImageComments": "Unaliased MB4/PE3", "ImageOrientationPatientDICOM": [0.999586, -0.025664, 0.0130201, 0.0287779, 0.891428, -0.452247], "ImageType": ["ORIGINAL", "PRIMARY", "M", "ND", "NORM", "MOSAIC"], "ImagingFrequency": 123.193, "InPlanePhaseEncodingDirectionDICOM": "COL", "InstitutionAddress": "E 24th St. 100,Austin,Southmiddle,US,78712", "InstitutionName": "Univ of Texas at Austin", "InstitutionalDepartmentName": "IRC", "MRAcquisitionType": "2D", "MagneticFieldStrength": 3, "Manufacturer": "Siemens", "ManufacturersModelName": "Skyra", "Modality": "MR", "MultibandAccelerationFactor": 4, "ParallelReductionFactorInPlane": 2, "PartialFourier": 1, "PatientPosition": "HFS", "PercentPhaseFOV": 100, "PercentSampling": 100, "PhaseEncodingDirection": "j-", "PhaseEncodingSteps": 96, "PhaseResolution": 1, "PixelBandwidth": 2005, "ProcedureStepDescription": "Poldrack2^self-scanning", "ProtocolName": "Resting State fMRI MBEPI_matrix96_BW2004", "PulseSequenceDetails": "%CustomerSeq%\\cmrr_mbep2d_bold", "ReceiveCoilActiveElements": "HEA;HEP", "ReceiveCoilName": "Head_32", "ReconMatrixPE": 96, "RefLinesPE": 94, "RepetitionTime": 1.16, "SAR": 0.097397, "ScanOptions": "FS", "ScanningSequence": "EP", "SequenceName": "epfid2d1_96", "SequenceVariant": "SK", "SeriesDescription": "Resting State fMRI MBEPI_matrix96_BW2004", "SeriesNumber": 9, "ShimSetting": [-2772, 8058, -15432, 204, -195, 89, 194, -66], "SliceThickness": 2, "SliceTiming": [0, 0.5, 0.9975, 0.3575, 0.855, 0.215, 0.7125, 0.0725, 0.57, 1.07, 0.4275, 0.9275, 0.285, 0.785, 0.1425, 0.6425, 0, 0.5, 0.9975, 0.3575, 0.855, 0.215, 0.7125, 0.0725, 0.57, 1.07, 0.4275, 0.9275, 0.285, 0.785, 0.1425, 0.6425, 0, 0.5, 0.9975, 0.3575, 0.855, 0.215, 0.7125, 0.0725, 0.57, 1.07, 0.4275, 0.9275, 0.285, 0.785, 0.1425, 0.6425, 0, 0.5, 0.9975, 0.3575, 0.855, 0.215, 0.7125, 0.0725, 0.57, 1.07, 0.4275, 0.9275, 0.285, 0.785, 0.1425, 0.6425], "SoftwareVersions": "syngo MR D11", "SpacingBetweenSlices": 2.4, "StationName": "AWP45239", "TaskName": "Resting fmri", "TotalReadoutTime": 0.0294501, "TxRefAmp": 343.564, "WipMemBlock": "2a0d350c-e80b-43ae-9f39-54bea85d2aa0||Sequence: VD11D r195; Nov 21 2012 15:36:10 by eja", "dcmmeta_affine": [[-2.394840955734253, 0.06894697993993759, -5.233549416061578e-08, 117.5572738647461], [0.06148677319288254, 2.1357133388519287, -1.0858432054519653, -85.91839599609375], [0.031193960458040237, 1.0835092067718506, 2.1403141021728516, -78.55596923828125], [0.0, 0.0, 0.0, 1.0]], "dcmmeta_reorient_transform": [[0.0, -1.0, 0.0, 95.0], [1.0, 0.0, 0.0, 0.0], [0.0, 0.0, 1.0, 0.0], [0.0, 0.0, 0.0, 1.0]], "dcmmeta_shape": [96, 96, 64, 518], "dcmmeta_slice_dim": 2, "dcmmeta_version": 0.6, "global": {"const": {"AcquisitionMatrix": [96, 0, 0, 96], "AngioFlag": "N", "BitsAllocated": 16, "BitsStored": 16, "BodyPartExamined": "BRAIN", "Columns": 768, "EchoNumbers": 1, "EchoTime": 30.0, "EchoTrainLength": 48, "FlipAngle": 63.0, "HighBit": 15, "ImageOrientationPatient": [0.99958583128965, -0.025664044709, 0.01302008810052, 0.02877787144614, 0.89142818108415, -0.452247312965], "ImagePositionPatient": [-951.93999024911, -813.91447043815, 377.95530353645], "ImageType": ["ORIGINAL", "PRIMARY", "M", "ND", "NORM", "MOSAIC"], "ImagedNucleus": "1H", "ImagingFrequency": 123.193243, "InPlanePhaseEncodingDirection": "COL", "MRAcquisitionType": "2D", "MagneticFieldStrength": 3.0, "Manufacturer": "SIEMENS", "ManufacturerModelName": "Skyra", "Modality": "MR", "NumberOfAverages": 1.0, "NumberOfPhaseEncodingSteps": 96, "PercentPhaseFieldOfView": 100.0, "PercentSampling": 100.0, "PerformedProcedureStepStartTime": "165318.734000", "PhotometricInterpretation": "MONOCHROME2", "PixelBandwidth": 2005.0, "PixelRepresentation": 0, "PixelSpacing": [2.3958332538605, 2.3958332538605], "ProtocolName": "Resting State fMRI MBEPI_matrix96_BW2004", "RepetitionTime": 1160.0, "Rows": 768, "SAR": 0.09739700168563, "SamplesPerPixel": 1, "ScanOptions": "FS", "ScanningSequence": "EP", "SequenceName": "epfid2d1_96", "SequenceVariant": "SK", "SeriesDescription": "Resting State fMRI MBEPI_matrix96_BW2004", "SeriesNumber": 9, "SeriesTime": "170901.078000", "SliceLocation": -31.183558917768, "SliceThickness": 2.0, "SmallestImagePixelValue": 0, "SoftwareVersions": "syngo MR D11", "SpacingBetweenSlices": 2.399999965015, "SpecificCharacterSet": "ISO_IR 100", "StudyID": "2", "StudyTime": "165318.703000", "TransmitCoilName": "Body", "VariableFlipAngleFlag": "N", "WindowCenterWidthExplanation": "Algo1", "dBdt": 0.0}, "slices": {}}, "time": {"samples": {"AcquisitionNumber": [1, 2, 3, 4, 5, 6, 7, 8, 9, 10, 11, 12, 13, 14, 15, 16, 17, 18, 19, 20, 21, 22, 23, 24, 25, 26, 27, 28, 29, 30, 31, 32, 33, 34, 35, 36, 37, 38, 39, 40, 41, 42, 43, 44, 45, 46, 47, 48, 49, 50, 51, 52, 53, 54, 55, 56, 57, 58, 59, 60, 61, 62, 63, 64, 65, 66, 67, 68, 69, 70, 71, 72, 73, 74, 75, 76, 77, 78, 79, 80, 81, 82, 83, 84, 85, 86, 87, 88, 89, 90, 91, 92, 93, 94, 95, 96, 97, 98, 99, 100, 101, 102, 103, 104, 105, 106, 107, 108, 109, 110, 111, 112, 113, 114, 115, 116, 117, 118, 119, 120, 121, 122, 123, 124, 125, 126, 127, 128, 129, 130, 131, 132, 133, 134, 135, 136, 137, 138, 139, 140, 141, 142, 143, 144, 145, 146, 147, 148, 149, 150, 151, 152, 153, 154, 155, 156, 157, 158, 159, 160, 161, 162, 163, 164, 165, 166, 167, 168, 169, 170, 171, 172, 173, 174, 175, 176, 177, 178, 179, 180, 181, 182, 183, 184, 185, 186, 187, 188, 189, 190, 191, 192, 193, 194, 195, 196, 197, 198, 199, 200, 201, 202, 203, 204, 205, 206, 207, 208, 209, 210, 211, 212, 213, 214, 215, 216, 217, 218, 219, 220, 221, 222, 223, 224, 225, 226, 227, 228, 229, 230, 231, 232, 233, 234, 235, 236, 237, 238, 239, 240, 241, 242, 243, 244, 245, 246, 247, 248, 249, 250, 251, 252, 253, 254, 255, 256, 257, 258, 259, 260, 261, 262, 263, 264, 265, 266, 267, 268, 269, 270, 271, 272, 273, 274, 275, 276, 277, 278, 279, 280, 281, 282, 283, 284, 285, 286, 287, 288, 289, 290, 291, 292, 293, 294, 295, 296, 297, 298, 299, 300, 301, 302, 303, 304, 305, 306, 307, 308, 309, 310, 311, 312, 313, 314, 315, 316, 317, 318, 319, 320, 321, 322, 323, 324, 325, 326, 327, 328, 329, 330, 331, 332, 333, 334, 335, 336, 337, 338, 339, 340, 341, 342, 343, 344, 345, 346, 347, 348, 349, 350, 351, 352, 353, 354, 355, 356, 357, 358, 359, 360, 361, 362, 363, 364, 365, 366, 367, 368, 369, 370, 371, 372, 373, 374, 375, 376, 377, 378, 379, 380, 381, 382, 383, 384, 385, 386, 387, 388, 389, 390, 391, 392, 393, 394, 395, 396, 397, 398, 399, 400, 401, 402, 403, 404, 405, 406, 407, 408, 409, 410, 411, 412, 413, 414, 415, 416, 417, 418, 419, 420, 421, 422, 423, 424, 425, 426, 427, 428, 429, 430, 431, 432, 433, 434, 435, 436, 437, 438, 439, 440, 441, 442, 443, 444, 445, 446, 447, 448, 449, 450, 451, 452, 453, 454, 455, 456, 457, 458, 459, 460, 461, 462, 463, 464, 465, 466, 467, 468, 469, 470, 471, 472, 473, 474, 475, 476, 477, 478, 479, 480, 481, 482, 483, 484, 485, 486, 487, 488, 489, 490, 491, 492, 493, 494, 495, 496, 497, 498, 499, 500, 501, 502, 503, 504, 505, 506, 507, 508, 509, 510, 511, 512, 513, 514, 515, 516, 517, 518], "AcquisitionTime": ["170818.472500", "170847.470000", "170848.630000", "170849.790000", "170850.952500", "170852.112500", "170853.272500", "170854.432500", "170855.592500", "170856.752500", "170857.912500", "170859.072500", "170900.232500", "170901.392500", "170902.552500", "170903.712500", "170904.872500", "170906.032500", "170907.192500", "170908.352500", "170909.512500", "170910.672500", "170911.832500", "170912.992500", "170914.152500", "170915.312500", "170916.472500", "170917.632500", "170918.792500", "170919.952500", "170921.112500", "170922.272500", "170923.432500", "170924.592500", "170925.752500", "170926.912500", "170928.072500", "170929.232500", "170930.392500", "170931.552500", "170932.712500", "170933.872500", "170935.032500", "170936.192500", "170937.352500", "170938.512500", "170939.672500", "170940.832500", "170941.992500", "170943.152500", "170944.312500", "170945.472500", "170946.632500", "170947.792500", "170948.952500", "170950.112500", "170951.272500", "170952.432500", "170953.592500", "170954.752500", "170955.912500", "170957.072500", "170958.232500", "170959.392500", "171000.552500", "171001.712500", "171002.872500", "171004.032500", "171005.192500", "171006.352500", "171007.512500", "171008.672500", "171009.832500", "171010.992500", "171012.152500", "171013.312500", "171014.472500", "171015.632500", "171016.792500", "171017.952500", "171019.112500", "171020.272500", "171021.432500", "171022.592500", "171023.752500", "171024.912500", "171026.072500", "171027.232500", "171028.392500", "171029.552500", "171030.712500", "171031.872500", "171033.032500", "171034.192500", "171035.352500", "171036.512500", "171037.672500", "171038.832500", "171039.992500", "171041.152500", "171042.312500", "171043.472500", "171044.632500", "171045.792500", "171046.952500", "171048.112500", "171049.272500", "171050.432500", "171051.592500", "171052.752500", "171053.912500", "171055.072500", "171056.232500", "171057.392500", "171058.552500", "171059.712500", "171100.872500", "171102.032500", "171103.192500", "171104.352500", "171105.512500", "171106.672500", "171107.832500", "171108.992500", "171110.152500", "171111.312500", "171112.472500", "171113.632500", "171114.792500", "171115.952500", "171117.112500", "171118.272500", "171119.432500", "171120.592500", "171121.752500", "171122.912500", "171124.072500", "171125.232500", "171126.392500", "171127.552500", "171128.712500", "171129.872500", "171131.032500", "171132.192500", "171133.352500", "171134.512500", "171135.672500", "171136.832500", "171137.992500", "171139.152500", "171140.312500", "171141.472500", "171142.632500", "171143.792500", "171144.952500", "171146.112500", "171147.272500", "171148.432500", "171149.592500", "171150.752500", "171151.912500", "171153.072500", "171154.232500", "171155.392500", "171156.552500", "171157.712500", "171158.872500", "171200.032500", "171201.192500", "171202.352500", "171203.512500", "171204.672500", "171205.832500", "171206.992500", "171208.152500", "171209.312500", "171210.472500", "171211.632500", "171212.792500", "171213.952500", "171215.112500", "171216.272500", "171217.432500", "171218.592500", "171219.752500", "171220.912500", "171222.072500", "171223.232500", "171224.392500", "171225.552500", "171226.712500", "171227.872500", "171229.032500", "171230.192500", "171231.352500", "171232.512500", "171233.672500", "171234.832500", "171235.992500", "171237.152500", "171238.312500", "171239.472500", "171240.632500", "171241.792500", "171242.952500", "171244.112500", "171245.272500", "171246.432500", "171247.592500", "171248.752500", "171249.912500", "171251.072500", "171252.232500", "171253.392500", "171254.552500", "171255.712500", "171256.872500", "171258.032500", "171259.192500", "171300.352500", "171301.512500", "171302.672500", "171303.832500", "171304.992500", "171306.152500", "171307.312500", "171308.472500", "171309.632500", "171310.792500", "171311.952500", "171313.112500", "171314.272500", "171315.432500", "171316.592500", "171317.752500", "171318.912500", "171320.072500", "171321.232500", "171322.392500", "171323.552500", "171324.712500", "171325.872500", "171327.032500", "171328.192500", "171329.352500", "171330.512500", "171331.672500", "171332.832500", "171333.992500", "171335.152500", "171336.312500", "171337.472500", "171338.632500", "171339.792500", "171340.955000", "171342.115000", "171343.275000", "171344.435000", "171345.595000", "171346.755000", "171347.915000", "171349.075000", "171350.235000", "171351.395000", "171352.555000", "171353.715000", "171354.875000", "171356.035000", "171357.195000", "171358.355000", "171359.515000", "171400.675000", "171401.835000", "171402.995000", "171404.155000", "171405.315000", "171406.475000", "171407.635000", "171408.795000", "171409.955000", "171411.115000", "171412.275000", "171413.435000", "171414.595000", "171415.755000", "171416.915000", "171418.075000", "171419.235000", "171420.395000", "171421.555000", "171422.715000", "171423.875000", "171425.035000", "171426.195000", "171427.355000", "171428.515000", "171429.675000", "171430.835000", "171431.995000", "171433.155000", "171434.315000", "171435.475000", "171436.635000", "171437.795000", "171438.955000", "171440.115000", "171441.275000", "171442.435000", "171443.595000", "171444.755000", "171445.915000", "171447.075000", "171448.235000", "171449.395000", "171450.555000", "171451.715000", "171452.875000", "171454.035000", "171455.195000", "171456.355000", "171457.515000", "171458.675000", "171459.835000", "171500.995000", "171502.155000", "171503.315000", "171504.475000", "171505.635000", "171506.795000", "171507.955000", "171509.115000", "171510.275000", "171511.435000", "171512.595000", "171513.755000", "171514.915000", "171516.075000", "171517.235000", "171518.395000", "171519.555000", "171520.715000", "171521.875000", "171523.035000", "171524.195000", "171525.355000", "171526.515000", "171527.675000", "171528.835000", "171529.995000", "171531.155000", "171532.315000", "171533.475000", "171534.635000", "171535.795000", "171536.955000", "171538.115000", "171539.275000", "171540.435000", "171541.595000", "171542.755000", "171543.915000", "171545.075000", "171546.235000", "171547.395000", "171548.555000", "171549.715000", "171550.875000", "171552.035000", "171553.195000", "171554.355000", "171555.515000", "171556.675000", "171557.835000", "171558.995000", "171600.155000", "171601.315000", "171602.475000", "171603.635000", "171604.795000", "171605.955000", "171607.115000", "171608.275000", "171609.435000", "171610.595000", "171611.755000", "171612.915000", "171614.075000", "171615.235000", "171616.395000", "171617.555000", "171618.715000", "171619.875000", "171621.035000", "171622.195000", "171623.355000", "171624.515000", "171625.675000", "171626.835000", "171627.995000", "171629.155000", "171630.315000", "171631.475000", "171632.635000", "171633.795000", "171634.955000", "171636.115000", "171637.275000", "171638.435000", "171639.595000", "171640.755000", "171641.915000", "171643.075000", "171644.235000", "171645.395000", "171646.555000", "171647.715000", "171648.875000", "171650.035000", "171651.195000", "171652.355000", "171653.515000", "171654.675000", "171655.835000", "171656.995000", "171658.155000", "171659.315000", "171700.475000", "171701.635000", "171702.795000", "171703.955000", "171705.115000", "171706.275000", "171707.435000", "171708.595000", "171709.755000", "171710.915000", "171712.075000", "171713.235000", "171714.395000", "171715.555000", "171716.715000", "171717.875000", "171719.035000", "171720.195000", "171721.355000", "171722.515000", "171723.675000", "171724.835000", "171725.995000", "171727.155000", "171728.315000", "171729.475000", "171730.635000", "171731.795000", "171732.955000", "171734.115000", "171735.275000", "171736.435000", "171737.595000", "171738.755000", "171739.915000", "171741.075000", "171742.235000", "171743.395000", "171744.555000", "171745.715000", "171746.875000", "171748.035000", "171749.195000", "171750.355000", "171751.515000", "171752.675000", "171753.835000", "171754.995000", "171756.155000", "171757.315000", "171758.475000", "171759.635000", "171800.795000", "171801.955000", "171803.115000", "171804.275000", "171805.435000", "171806.595000", "171807.755000", "171808.915000", "171810.075000", "171811.235000", "171812.395000", "171813.555000", "171814.715000", "171815.875000", "171817.035000", "171818.195000", "171819.355000", "171820.515000", "171821.675000", "171822.835000", "171823.995000", "171825.155000", "171826.315000", "171827.475000", "171828.635000", "171829.795000", "171830.957500", "171832.117500", "171833.277500", "171834.437500", "171835.597500", "171836.757500", "171837.917500", "171839.077500", "171840.237500", "171841.397500", "171842.557500", "171843.717500", "171844.877500", "171846.037500"], "ContentTime": ["170901.078000", "170909.109000", "170909.109000", "170909.109000", "170909.109000", "170909.109000", "170909.125000", "170914.109000", "170914.109000", "170914.109000", "170914.109000", "170919.109000", "170919.109000", "170919.109000", "170919.109000", "170924.109000", "170924.109000", "170924.109000", "170924.125000", "170924.125000", "170929.109000", "170929.109000", "170929.109000", "170929.109000", "170934.109000", "170934.109000", "170934.109000", "170934.109000", "170939.109000", "170939.109000", "170939.109000", "170939.109000", "170944.109000", "170944.109000", "170944.109000", "170949.109000", "170949.109000", "170949.109000", "170949.109000", "170954.109000", "170954.109000", "170954.109000", "170954.109000", "170959.109000", "170959.109000", "170959.109000", "171004.109000", "171004.109000", "171004.109000", "171004.109000", "171009.109000", "171009.109000", "171009.109000", "171009.125000", "171014.109000", "171014.109000", "171014.109000", "171014.109000", "171019.109000", "171019.109000", "171019.125000", "171019.125000", "171024.109000", "171024.109000", "171024.109000", "171024.109000", "171029.109000", "171029.109000", "171029.109000", "171029.109000", "171034.109000", "171034.109000", "171034.109000", "171034.109000", "171039.109000", "171039.109000", "171039.109000", "171039.109000", "171044.109000", "171044.109000", "171044.109000", "171044.109000", "171049.109000", "171049.109000", "171049.109000", "171049.109000", "171054.109000", "171054.109000", "171054.109000", "171054.109000", "171059.109000", "171059.109000", "171059.109000", "171059.109000", "171104.109000", "171104.109000", "171104.125000", "171104.125000", "171109.109000", "171109.109000", "171109.109000", "171109.109000", "171114.109000", "171114.109000", "171114.109000", "171114.109000", "171114.109000", "171119.109000", "171119.109000", "171119.109000", "171124.109000", "171124.109000", "171124.109000", "171124.109000", "171129.109000", "171129.109000", "171129.109000", "171129.109000", "171129.109000", "171134.109000", "171134.109000", "171134.125000", "171134.125000", "171139.109000", "171139.109000", "171139.109000", "171139.109000", "171144.109000", "171144.109000", "171144.109000", "171144.109000", "171149.109000", "171149.109000", "171149.125000", "171149.125000", "171154.109000", "171154.109000", "171154.109000", "171154.109000", "171159.109000", "171159.109000", "171159.109000", "171159.109000", "171204.109000", "171204.109000", "171204.109000", "171209.109000", "171209.109000", "171209.109000", "171209.125000", "171214.109000", "171214.109000", "171214.109000", "171214.109000", "171219.109000", "171219.109000", "171219.109000", "171219.109000", "171224.109000", "171224.109000", "171224.109000", "171224.109000", "171224.109000", "171229.109000", "171229.109000", "171229.109000", "171229.109000", "171234.109000", "171234.109000", "171234.109000", "171234.109000", "171239.109000", "171239.109000", "171239.109000", "171239.109000", "171244.109000", "171244.109000", "171244.109000", "171244.109000", "171249.109000", "171249.109000", "171249.109000", "171249.109000", "171254.109000", "171254.109000", "171254.109000", "171254.109000", "171259.109000", "171259.109000", "171259.109000", "171259.109000", "171304.109000", "171304.109000", "171304.109000", "171304.125000", "171309.109000", "171309.109000", "171309.109000", "171309.109000", "171309.109000", "171314.109000", "171314.109000", "171314.109000", "171314.109000", "171319.109000", "171319.109000", "171319.109000", "171319.109000", "171324.109000", "171324.109000", "171324.109000", "171329.109000", "171329.109000", "171329.109000", "171329.109000", "171334.109000", "171334.109000", "171334.109000", "171334.109000", "171339.109000", "171339.109000", "171339.109000", "171339.109000", "171344.109000", "171344.109000", "171344.109000", "171349.109000", "171349.109000", "171349.109000", "171349.109000", "171354.109000", "171354.109000", "171354.109000", "171354.109000", "171359.109000", "171359.109000", "171359.109000", "171359.109000", "171404.109000", "171404.109000", "171404.109000", "171404.125000", "171404.125000", "171409.109000", "171409.109000", "171409.109000", "171409.109000", "171414.109000", "171414.109000", "171414.109000", "171414.109000", "171419.109000", "171419.109000", "171419.109000", "171419.109000", "171424.109000", "171424.109000", "171424.109000", "171424.109000", "171429.109000", "171429.109000", "171429.125000", "171429.125000", "171434.109000", "171434.109000", "171434.109000", "171434.109000", "171439.109000", "171439.109000", "171439.109000", "171439.109000", "171444.109000", "171444.109000", "171444.109000", "171444.109000", "171449.109000", "171449.109000", "171449.109000", "171449.109000", "171454.109000", "171454.109000", "171454.109000", "171454.109000", "171459.109000", "171459.109000", "171459.109000", "171459.140000", "171459.140000", "171509.109000", "171509.109000", "171509.109000", "171509.109000", "171509.125000", "171509.125000", "171509.125000", "171509.125000", "171514.109000", "171514.109000", "171514.109000", "171514.109000", "171519.109000", "171519.109000", "171519.109000", "171519.109000", "171524.109000", "171524.109000", "171524.109000", "171524.125000", "171529.109000", "171529.109000", "171529.109000", "171529.109000", "171534.109000", "171534.109000", "171534.109000", "171534.109000", "171539.109000", "171539.109000", "171539.109000", "171539.109000", "171544.109000", "171544.109000", "171544.109000", "171544.109000", "171549.109000", "171549.109000", "171549.109000", "171554.109000", "171554.109000", "171554.109000", "171554.109000", "171554.109000", "171559.109000", "171559.109000", "171559.109000", "171559.109000", "171604.109000", "171604.109000", "171604.109000", "171604.109000", "171609.109000", "171609.109000", "171609.109000", "171609.109000", "171614.109000", "171614.109000", "171614.125000", "171614.125000", "171619.109000", "171619.109000", "171619.109000", "171619.109000", "171624.109000", "171624.109000", "171624.109000", "171624.109000", "171629.109000", "171629.109000", "171629.109000", "171629.125000", "171634.109000", "171634.109000", "171634.109000", "171639.109000", "171639.109000", "171639.109000", "171639.125000", "171639.125000", "171644.109000", "171644.109000", "171644.109000", "171644.109000", "171649.109000", "171649.109000", "171649.109000", "171649.109000", "171654.109000", "171654.109000", "171654.109000", "171654.125000", "171659.109000", "171659.109000", "171659.109000", "171659.109000", "171704.109000", "171704.109000", "171704.109000", "171704.109000", "171709.109000", "171709.109000", "171709.109000", "171709.109000", "171714.109000", "171714.109000", "171714.109000", "171714.109000", "171719.109000", "171719.109000", "171719.109000", "171724.109000", "171724.109000", "171724.109000", "171724.125000", "171724.125000", "171729.109000", "171729.109000", "171729.109000", "171729.109000", "171734.109000", "171734.109000", "171734.109000", "171734.109000", "171739.109000", "171739.109000", "171739.109000", "171744.109000", "171744.109000", "171744.109000", "171744.109000", "171749.109000", "171749.109000", "171749.109000", "171749.125000", "171754.109000", "171754.109000", "171754.109000", "171754.109000", "171759.109000", "171759.109000", "171759.109000", "171759.109000", "171804.109000", "171804.109000", "171804.109000", "171804.109000", "171809.109000", "171809.109000", "171809.109000", "171809.109000", "171814.109000", "171814.109000", "171814.109000", "171814.109000", "171819.109000", "171819.109000", "171819.109000", "171819.109000", "171824.109000", "171824.109000", "171824.109000", "171824.125000", "171829.109000", "171829.109000", "171829.109000", "171829.109000", "171834.109000", "171834.109000", "171834.109000", "171834.109000", "171839.109000", "171839.109000", "171839.109000", "171844.109000", "171844.109000", "171844.109000", "171844.109000", "171849.109000", "171849.109000", "171849.125000", "171849.125000", "171854.109000", "171854.109000", "171854.109000", "171854.109000", "171854.109000", "171859.109000", "171859.109000", "171859.109000", "171859.125000", "171904.109000", "171904.109000", "171904.109000", "171904.125000", "171909.109000", "171909.109000", "171909.109000", "171909.109000", "171914.109000", "171914.109000", "171914.109000", "171914.109000", "171919.109000", "171919.109000", "171919.125000", "171919.125000", "171924.109000", "171924.109000", "171924.109000", "171924.109000", "171929.109000", "171929.109000", "171929.109000", "171929.109000", "171929.125000", "171934.109000", "171934.109000", "171934.109000", "171934.109000", "171939.109000", "171939.109000", "171939.109000", "171939.109000", "171944.109000", "171944.109000", "171944.109000", "171944.109000", "171944.125000", "171944.968000"], "InstanceCreationTime": ["170901.078000", "170909.109000", "170909.109000", "170909.109000", "170909.109000", "170909.109000", "170909.125000", "170914.109000", "170914.109000", "170914.109000", "170914.109000", "170919.109000", "170919.109000", "170919.109000", "170919.109000", "170924.109000", "170924.109000", "170924.109000", "170924.125000", "170924.125000", "170929.109000", "170929.109000", "170929.109000", "170929.109000", "170934.109000", "170934.109000", "170934.109000", "170934.109000", "170939.109000", "170939.109000", "170939.109000", "170939.109000", "170944.109000", "170944.109000", "170944.109000", "170949.109000", "170949.109000", "170949.109000", "170949.109000", "170954.109000", "170954.109000", "170954.109000", "170954.109000", "170959.109000", "170959.109000", "170959.109000", "171004.109000", "171004.109000", "171004.109000", "171004.109000", "171009.109000", "171009.109000", "171009.109000", "171009.125000", "171014.109000", "171014.109000", "171014.109000", "171014.109000", "171019.109000", "171019.109000", "171019.125000", "171019.125000", "171024.109000", "171024.109000", "171024.109000", "171024.109000", "171029.109000", "171029.109000", "171029.109000", "171029.109000", "171034.109000", "171034.109000", "171034.109000", "171034.109000", "171039.109000", "171039.109000", "171039.109000", "171039.109000", "171044.109000", "171044.109000", "171044.109000", "171044.109000", "171049.109000", "171049.109000", "171049.109000", "171049.109000", "171054.109000", "171054.109000", "171054.109000", "171054.109000", "171059.109000", "171059.109000", "171059.109000", "171059.109000", "171104.109000", "171104.109000", "171104.125000", "171104.125000", "171109.109000", "171109.109000", "171109.109000", "171109.109000", "171114.109000", "171114.109000", "171114.109000", "171114.109000", "171114.109000", "171119.109000", "171119.109000", "171119.109000", "171124.109000", "171124.109000", "171124.109000", "171124.109000", "171129.109000", "171129.109000", "171129.109000", "171129.109000", "171129.109000", "171134.109000", "171134.109000", "171134.125000", "171134.125000", "171139.109000", "171139.109000", "171139.109000", "171139.109000", "171144.109000", "171144.109000", "171144.109000", "171144.109000", "171149.109000", "171149.109000", "171149.125000", "171149.125000", "171154.109000", "171154.109000", "171154.109000", "171154.109000", "171159.109000", "171159.109000", "171159.109000", "171159.109000", "171204.109000", "171204.109000", "171204.109000", "171209.109000", "171209.109000", "171209.109000", "171209.125000", "171214.109000", "171214.109000", "171214.109000", "171214.109000", "171219.109000", "171219.109000", "171219.109000", "171219.109000", "171224.109000", "171224.109000", "171224.109000", "171224.109000", "171224.109000", "171229.109000", "171229.109000", "171229.109000", "171229.109000", "171234.109000", "171234.109000", "171234.109000", "171234.109000", "171239.109000", "171239.109000", "171239.109000", "171239.109000", "171244.109000", "171244.109000", "171244.109000", "171244.109000", "171249.109000", "171249.109000", "171249.109000", "171249.109000", "171254.109000", "171254.109000", "171254.109000", "171254.109000", "171259.109000", "171259.109000", "171259.109000", "171259.109000", "171304.109000", "171304.109000", "171304.109000", "171304.125000", "171309.109000", "171309.109000", "171309.109000", "171309.109000", "171309.109000", "171314.109000", "171314.109000", "171314.109000", "171314.109000", "171319.109000", "171319.109000", "171319.109000", "171319.109000", "171324.109000", "171324.109000", "171324.109000", "171329.109000", "171329.109000", "171329.109000", "171329.109000", "171334.109000", "171334.109000", "171334.109000", "171334.109000", "171339.109000", "171339.109000", "171339.109000", "171339.109000", "171344.109000", "171344.109000", "171344.109000", "171349.109000", "171349.109000", "171349.109000", "171349.109000", "171354.109000", "171354.109000", "171354.109000", "171354.109000", "171359.109000", "171359.109000", "171359.109000", "171359.109000", "171404.109000", "171404.109000", "171404.109000", "171404.125000", "171404.125000", "171409.109000", "171409.109000", "171409.109000", "171409.109000", "171414.109000", "171414.109000", "171414.109000", "171414.109000", "171419.109000", "171419.109000", "171419.109000", "171419.109000", "171424.109000", "171424.109000", "171424.109000", "171424.109000", "171429.109000", "171429.109000", "171429.125000", "171429.125000", "171434.109000", "171434.109000", "171434.109000", "171434.109000", "171439.109000", "171439.109000", "171439.109000", "171439.109000", "171444.109000", "171444.109000", "171444.109000", "171444.109000", "171449.109000", "171449.109000", "171449.109000", "171449.109000", "171454.109000", "171454.109000", "171454.109000", "171454.109000", "171459.109000", "171459.109000", "171459.109000", "171459.140000", "171459.140000", "171509.109000", "171509.109000", "171509.109000", "171509.109000", "171509.125000", "171509.125000", "171509.125000", "171509.125000", "171514.109000", "171514.109000", "171514.109000", "171514.109000", "171519.109000", "171519.109000", "171519.109000", "171519.109000", "171524.109000", "171524.109000", "171524.109000", "171524.125000", "171529.109000", "171529.109000", "171529.109000", "171529.109000", "171534.109000", "171534.109000", "171534.109000", "171534.109000", "171539.109000", "171539.109000", "171539.109000", "171539.109000", "171544.109000", "171544.109000", "171544.109000", "171544.109000", "171549.109000", "171549.109000", "171549.109000", "171554.109000", "171554.109000", "171554.109000", "171554.109000", "171554.109000", "171559.109000", "171559.109000", "171559.109000", "171559.109000", "171604.109000", "171604.109000", "171604.109000", "171604.109000", "171609.109000", "171609.109000", "171609.109000", "171609.109000", "171614.109000", "171614.109000", "171614.125000", "171614.125000", "171619.109000", "171619.109000", "171619.109000", "171619.109000", "171624.109000", "171624.109000", "171624.109000", "171624.109000", "171629.109000", "171629.109000", "171629.109000", "171629.125000", "171634.109000", "171634.109000", "171634.109000", "171639.109000", "171639.109000", "171639.109000", "171639.125000", "171639.125000", "171644.109000", "171644.109000", "171644.109000", "171644.109000", "171649.109000", "171649.109000", "171649.109000", "171649.109000", "171654.109000", "171654.109000", "171654.109000", "171654.125000", "171659.109000", "171659.109000", "171659.109000", "171659.109000", "171704.109000", "171704.109000", "171704.109000", "171704.109000", "171709.109000", "171709.109000", "171709.109000", "171709.109000", "171714.109000", "171714.109000", "171714.109000", "171714.109000", "171719.109000", "171719.109000", "171719.109000", "171724.109000", "171724.109000", "171724.109000", "171724.125000", "171724.125000", "171729.109000", "171729.109000", "171729.109000", "171729.109000", "171734.109000", "171734.109000", "171734.109000", "171734.109000", "171739.109000", "171739.109000", "171739.109000", "171744.109000", "171744.109000", "171744.109000", "171744.109000", "171749.109000", "171749.109000", "171749.109000", "171749.125000", "171754.109000", "171754.109000", "171754.109000", "171754.109000", "171759.109000", "171759.109000", "171759.109000", "171759.109000", "171804.109000", "171804.109000", "171804.109000", "171804.109000", "171809.109000", "171809.109000", "171809.109000", "171809.109000", "171814.109000", "171814.109000", "171814.109000", "171814.109000", "171819.109000", "171819.109000", "171819.109000", "171819.109000", "171824.109000", "171824.109000", "171824.109000", "171824.125000", "171829.109000", "171829.109000", "171829.109000", "171829.109000", "171834.109000", "171834.109000", "171834.109000", "171834.109000", "171839.109000", "171839.109000", "171839.109000", "171844.109000", "171844.109000", "171844.109000", "171844.109000", "171849.109000", "171849.109000", "171849.125000", "171849.125000", "171854.109000", "171854.109000", "171854.109000", "171854.109000", "171854.109000", "171859.109000", "171859.109000", "171859.109000", "171859.125000", "171904.109000", "171904.109000", "171904.109000", "171904.125000", "171909.109000", "171909.109000", "171909.109000", "171909.109000", "171914.109000", "171914.109000", "171914.109000", "171914.109000", "171919.109000", "171919.109000", "171919.125000", "171919.125000", "171924.109000", "171924.109000", "171924.109000", "171924.109000", "171929.109000", "171929.109000", "171929.109000", "171929.109000", "171929.125000", "171934.109000", "171934.109000", "171934.109000", "171934.109000", "171939.109000", "171939.109000", "171939.109000", "171939.109000", "171944.109000", "171944.109000", "171944.109000", "171944.109000", "171944.125000", "171944.968000"], "InstanceNumber": [1, 2, 3, 4, 5, 6, 7, 8, 9, 10, 11, 12, 13, 14, 15, 16, 17, 18, 19, 20, 21, 22, 23, 24, 25, 26, 27, 28, 29, 30, 31, 32, 33, 34, 35, 36, 37, 38, 39, 40, 41, 42, 43, 44, 45, 46, 47, 48, 49, 50, 51, 52, 53, 54, 55, 56, 57, 58, 59, 60, 61, 62, 63, 64, 65, 66, 67, 68, 69, 70, 71, 72, 73, 74, 75, 76, 77, 78, 79, 80, 81, 82, 83, 84, 85, 86, 87, 88, 89, 90, 91, 92, 93, 94, 95, 96, 97, 98, 99, 100, 101, 102, 103, 104, 105, 106, 107, 108, 109, 110, 111, 112, 113, 114, 115, 116, 117, 118, 119, 120, 121, 122, 123, 124, 125, 126, 127, 128, 129, 130, 131, 132, 133, 134, 135, 136, 137, 138, 139, 140, 141, 142, 143, 144, 145, 146, 147, 148, 149, 150, 151, 152, 153, 154, 155, 156, 157, 158, 159, 160, 161, 162, 163, 164, 165, 166, 167, 168, 169, 170, 171, 172, 173, 174, 175, 176, 177, 178, 179, 180, 181, 182, 183, 184, 185, 186, 187, 188, 189, 190, 191, 192, 193, 194, 195, 196, 197, 198, 199, 200, 201, 202, 203, 204, 205, 206, 207, 208, 209, 210, 211, 212, 213, 214, 215, 216, 217, 218, 219, 220, 221, 222, 223, 224, 225, 226, 227, 228, 229, 230, 231, 232, 233, 234, 235, 236, 237, 238, 239, 240, 241, 242, 243, 244, 245, 246, 247, 248, 249, 250, 251, 252, 253, 254, 255, 256, 257, 258, 259, 260, 261, 262, 263, 264, 265, 266, 267, 268, 269, 270, 271, 272, 273, 274, 275, 276, 277, 278, 279, 280, 281, 282, 283, 284, 285, 286, 287, 288, 289, 290, 291, 292, 293, 294, 295, 296, 297, 298, 299, 300, 301, 302, 303, 304, 305, 306, 307, 308, 309, 310, 311, 312, 313, 314, 315, 316, 317, 318, 319, 320, 321, 322, 323, 324, 325, 326, 327, 328, 329, 330, 331, 332, 333, 334, 335, 336, 337, 338, 339, 340, 341, 342, 343, 344, 345, 346, 347, 348, 349, 350, 351, 352, 353, 354, 355, 356, 357, 358, 359, 360, 361, 362, 363, 364, 365, 366, 367, 368, 369, 370, 371, 372, 373, 374, 375, 376, 377, 378, 379, 380, 381, 382, 383, 384, 385, 386, 387, 388, 389, 390, 391, 392, 393, 394, 395, 396, 397, 398, 399, 400, 401, 402, 403, 404, 405, 406, 407, 408, 409, 410, 411, 412, 413, 414, 415, 416, 417, 418, 419, 420, 421, 422, 423, 424, 425, 426, 427, 428, 429, 430, 431, 432, 433, 434, 435, 436, 437, 438, 439, 440, 441, 442, 443, 444, 445, 446, 447, 448, 449, 450, 451, 452, 453, 454, 455, 456, 457, 458, 459, 460, 461, 462, 463, 464, 465, 466, 467, 468, 469, 470, 471, 472, 473, 474, 475, 476, 477, 478, 479, 480, 481, 482, 483, 484, 485, 486, 487, 488, 489, 490, 491, 492, 493, 494, 495, 496, 497, 498, 499, 500, 501, 502, 503, 504, 505, 506, 507, 508, 509, 510, 511, 512, 513, 514, 515, 516, 517, 518], "LargestImagePixelValue": [22350, 23730, 23261, 29731, 28212, 24940, 22328, 23426, 27983, 26834, 26193, 22154, 22300, 33977, 22891, 21569, 26616, 22487, 34190, 24905, 24841, 22899, 25471, 29598, 32007, 26792, 24402, 23614, 26689, 22291, 23266, 29449, 24926, 21725, 21638, 25973, 23861, 21774, 21868, 22258, 23832, 29740, 33602, 28337, 24741, 23789, 23484, 26958, 32006, 29401, 24954, 22379, 22205, 24427, 28005, 33326, 29074, 25665, 22076, 21729, 29284, 33669, 28687, 26833, 22023, 21810, 24633, 30812, 33632, 27929, 23823, 22589, 24140, 25215, 26019, 23594, 21831, 24325, 27399, 22708, 25257, 27884, 26330, 26742, 21595, 30550, 32320, 23209, 21707, 25153, 28605, 29858, 26127, 24183, 22085, 23126, 23736, 31669, 34200, 27828, 25630, 22098, 23701, 22754, 29872, 25743, 23005, 21980, 24703, 29125, 31317, 24056, 21827, 22100, 23867, 31376, 28861, 24051, 22073, 22736, 25541, 25837, 26255, 26619, 23601, 22083, 22884, 23618, 27748, 26998, 23848, 23358, 21863, 26968, 28415, 31102, 29162, 24260, 21973, 22276, 23852, 26754, 24195, 22000, 22618, 22323, 23535, 24345, 24447, 29284, 28183, 24602, 22530, 27310, 27368, 33475, 32439, 29269, 24959, 22539, 22103, 24627, 33235, 32478, 27825, 22786, 27437, 28681, 24060, 24461, 25713, 24050, 25586, 30628, 25992, 24199, 21837, 31855, 33212, 28289, 25067, 22739, 23435, 29164, 24662, 22356, 21697, 21998, 25263, 27142, 30470, 25070, 21829, 21766, 22050, 23044, 31122, 21998, 22025, 26261, 27182, 32698, 32509, 24527, 21881, 21966, 29532, 33617, 30698, 25430, 22319, 21989, 28399, 30665, 25359, 22313, 22295, 25911, 33261, 31740, 27725, 24800, 22284, 22565, 27685, 32005, 27668, 27368, 24217, 22037, 22710, 28853, 32938, 31116, 28355, 21999, 21900, 23294, 31064, 29422, 26621, 22032, 21963, 22136, 29431, 32856, 31589, 25956, 22038, 24034, 24329, 27751, 29954, 24220, 22119, 22132, 27168, 33003, 31691, 26871, 21898, 21914, 24987, 28286, 32377, 29169, 25780, 22194, 22000, 27934, 32827, 29405, 25019, 21819, 23643, 24522, 28963, 29907, 24177, 21782, 23144, 24297, 30403, 23110, 24051, 30279, 27593, 23423, 34428, 30979, 25049, 21493, 25660, 21729, 22830, 29145, 24229, 21955, 23671, 24752, 30237, 30907, 26489, 21912, 24790, 21884, 31540, 32169, 31807, 24210, 22191, 21848, 22302, 23444, 27436, 23055, 22136, 22053, 28984, 34138, 32273, 27081, 21867, 22400, 25830, 30845, 29694, 22630, 21689, 25248, 23876, 29439, 23574, 21682, 21738, 22453, 22216, 26394, 29774, 33098, 29463, 25434, 21893, 23991, 25514, 31761, 30305, 26433, 22673, 22121, 21825, 27285, 27651, 24216, 21962, 21993, 22297, 24128, 32687, 31743, 23253, 21834, 22444, 22406, 29142, 30032, 26284, 26443, 33870, 23317, 21759, 29069, 27760, 32655, 28688, 26635, 24203, 22209, 22211, 22097, 23461, 27242, 25416, 23687, 21857, 22520, 23798, 27334, 28446, 24995, 21999, 24004, 22885, 27241, 28381, 28638, 23796, 21929, 22284, 28926, 26244, 21609, 21801, 27920, 24373, 28722, 25120, 24580, 22128, 27348, 32797, 25191, 23904, 24240, 27691, 31381, 24046, 21777, 22258, 25937, 29436, 25120, 21453, 21424, 25789, 23270, 31068, 30945, 26126, 22034, 21605, 26055, 32040, 32521, 28772, 26108, 21931, 21627, 28080, 32133, 26378, 24431, 22203, 29489, 28353, 21530, 21562, 21524, 21738, 23016, 29902, 23061, 21617, 21487, 24394, 26155, 27014, 27323, 21514, 21609, 23488, 26295, 25103, 26481, 28093, 28265, 27844, 25811, 21905, 21885, 23000, 24580, 29866, 22812, 21414, 22487, 26496, 27038, 32143, 30735, 21502, 23621, 22074, 29884, 31321, 24875, 21799, 21869, 30543, 32586, 27404, 21885, 21674, 29660, 32411, 27996, 22500, 21555, 21998, 21675, 26704, 28362, 21765, 21517, 21844, 22080, 22635, 26833, 22888, 21471, 22795, 25910, 29407, 30402, 32249, 31313, 31789, 27558], "WindowCenter": [9572.0, 9562.0, 9559.0, 9581.0, 9571.0, 9570.0, 9538.0, 9546.0, 9581.0, 9579.0, 9557.0, 9547.0, 9544.0, 9608.0, 9564.0, 9540.0, 9556.0, 9539.0, 9595.0, 9579.0, 9614.0, 9567.0, 9614.0, 9607.0, 9584.0, 9534.0, 9534.0, 9574.0, 9598.0, 9557.0, 9557.0, 9582.0, 9560.0, 9538.0, 9524.0, 9562.0, 9556.0, 9547.0, 9563.0, 9577.0, 9576.0, 9585.0, 9612.0, 9590.0, 9557.0, 9538.0, 9551.0, 9568.0, 9580.0, 9583.0, 9574.0, 9552.0, 9546.0, 9559.0, 9574.0, 9589.0, 9565.0, 9568.0, 9538.0, 9545.0, 9586.0, 9588.0, 9572.0, 9559.0, 9535.0, 9527.0, 9553.0, 9562.0, 9573.0, 9555.0, 9532.0, 9544.0, 9548.0, 9566.0, 9572.0, 9552.0, 9542.0, 9610.0, 9621.0, 9556.0, 9624.0, 9612.0, 9565.0, 9550.0, 9511.0, 9554.0, 9565.0, 9531.0, 9527.0, 9545.0, 9572.0, 9555.0, 9539.0, 9529.0, 9524.0, 9520.0, 9523.0, 9568.0, 9571.0, 9531.0, 9531.0, 9498.0, 9511.0, 9508.0, 9551.0, 9529.0, 9515.0, 9519.0, 9534.0, 9556.0, 9553.0, 9521.0, 9516.0, 9514.0, 9536.0, 9561.0, 9538.0, 9532.0, 9533.0, 9532.0, 9538.0, 9558.0, 9555.0, 9554.0, 9540.0, 9532.0, 9547.0, 9556.0, 9571.0, 9573.0, 9544.0, 9535.0, 9517.0, 9548.0, 9557.0, 9566.0, 9574.0, 9550.0, 9527.0, 9535.0, 9554.0, 9568.0, 9565.0, 9545.0, 9531.0, 9541.0, 9538.0, 9540.0, 9543.0, 9567.0, 9563.0, 9555.0, 9545.0, 9554.0, 9557.0, 9578.0, 9556.0, 9545.0, 9516.0, 9529.0, 9509.0, 9538.0, 9564.0, 9542.0, 9540.0, 9514.0, 9517.0, 9539.0, 9522.0, 9570.0, 9599.0, 9527.0, 9640.0, 9605.0, 9579.0, 9549.0, 9518.0, 9557.0, 9568.0, 9546.0, 9541.0, 9532.0, 9529.0, 9546.0, 9521.0, 9524.0, 9503.0, 9526.0, 9531.0, 9556.0, 9555.0, 9546.0, 9514.0, 9521.0, 9515.0, 9547.0, 9571.0, 9539.0, 9533.0, 9542.0, 9552.0, 9580.0, 9568.0, 9529.0, 9510.0, 9512.0, 9547.0, 9550.0, 9552.0, 9534.0, 9521.0, 9527.0, 9557.0, 9543.0, 9536.0, 9517.0, 9507.0, 9529.0, 9567.0, 9550.0, 9530.0, 9532.0, 9512.0, 9526.0, 9565.0, 9564.0, 9553.0, 9541.0, 9531.0, 9521.0, 9537.0, 9567.0, 9565.0, 9566.0, 9557.0, 9525.0, 9509.0, 9527.0, 9559.0, 9552.0, 9542.0, 9513.0, 9506.0, 9514.0, 9536.0, 9556.0, 9548.0, 9524.0, 9511.0, 9519.0, 9510.0, 9543.0, 9549.0, 9521.0, 9517.0, 9512.0, 9548.0, 9570.0, 9551.0, 9540.0, 9524.0, 9521.0, 9531.0, 9531.0, 9562.0, 9548.0, 9526.0, 9501.0, 9510.0, 9534.0, 9560.0, 9550.0, 9523.0, 9522.0, 9520.0, 9549.0, 9560.0, 9562.0, 9534.0, 9524.0, 9526.0, 9530.0, 9560.0, 9530.0, 9566.0, 9617.0, 9590.0, 9578.0, 9593.0, 9544.0, 9491.0, 9472.0, 9501.0, 9468.0, 9481.0, 9514.0, 9498.0, 9490.0, 9491.0, 9519.0, 9528.0, 9534.0, 9522.0, 9499.0, 9509.0, 9502.0, 9541.0, 9523.0, 9512.0, 9488.0, 9483.0, 9487.0, 9488.0, 9508.0, 9531.0, 9531.0, 9525.0, 9518.0, 9554.0, 9557.0, 9543.0, 9523.0, 9501.0, 9522.0, 9533.0, 9564.0, 9529.0, 9528.0, 9517.0, 9518.0, 9527.0, 9546.0, 9527.0, 9524.0, 9525.0, 9528.0, 9509.0, 9542.0, 9558.0, 9552.0, 9549.0, 9528.0, 9518.0, 9534.0, 9551.0, 9566.0, 9553.0, 9533.0, 9513.0, 9501.0, 9506.0, 9549.0, 9539.0, 9537.0, 9522.0, 9520.0, 9517.0, 9533.0, 9567.0, 9548.0, 9526.0, 9535.0, 9529.0, 9528.0, 9568.0, 9554.0, 9526.0, 9541.0, 9620.0, 9517.0, 9504.0, 9530.0, 9492.0, 9508.0, 9499.0, 9502.0, 9476.0, 9467.0, 9476.0, 9476.0, 9497.0, 9519.0, 9516.0, 9498.0, 9496.0, 9496.0, 9511.0, 9522.0, 9522.0, 9501.0, 9488.0, 9502.0, 9497.0, 9529.0, 9548.0, 9543.0, 9519.0, 9515.0, 9508.0, 9546.0, 9553.0, 9523.0, 9505.0, 9538.0, 9523.0, 9548.0, 9537.0, 9536.0, 9527.0, 9549.0, 9546.0, 9525.0, 9517.0, 9513.0, 9535.0, 9540.0, 9518.0, 9514.0, 9525.0, 9544.0, 9552.0, 9533.0, 9511.0, 9523.0, 9538.0, 9526.0, 9554.0, 9562.0, 9533.0, 9512.0, 9514.0, 9540.0, 9549.0, 9545.0, 9516.0, 9507.0, 9475.0, 9490.0, 9520.0, 9523.0, 9501.0, 9494.0, 9479.0, 9513.0, 9505.0, 9471.0, 9475.0, 9474.0, 9476.0, 9494.0, 9524.0, 9486.0, 9494.0, 9486.0, 9501.0, 9506.0, 9505.0, 9529.0, 9491.0, 9514.0, 9538.0, 9542.0, 9519.0, 9532.0, 9548.0, 9537.0, 9555.0, 9549.0, 9529.0, 9543.0, 9546.0, 9563.0, 9551.0, 9538.0, 9506.0, 9545.0, 9540.0, 9527.0, 9540.0, 9554.0, 9499.0, 9498.0, 9490.0, 9530.0, 9526.0, 9511.0, 9497.0, 9499.0, 9534.0, 9540.0, 9516.0, 9490.0, 9497.0, 9532.0, 9536.0, 9514.0, 9479.0, 9474.0, 9474.0, 9503.0, 9536.0, 9547.0, 9522.0, 9530.0, 9520.0, 9533.0, 9521.0, 9550.0, 9537.0, 9528.0, 9527.0, 9534.0, 9527.0, 9529.0, 9532.0, 9529.0, 9540.0, 9505.0], "WindowWidth": [20222.0, 20199.0, 20193.0, 20229.0, 20209.0, 20216.0, 20154.0, 20165.0, 20226.0, 20221.0, 20180.0, 20165.0, 20157.0, 20274.0, 20195.0, 20151.0, 20175.0, 20144.0, 20250.0, 20256.0, 20322.0, 20205.0, 20308.0, 20283.0, 20230.0, 20125.0, 20123.0, 20242.0, 20282.0, 20183.0, 20189.0, 20228.0, 20178.0, 20138.0, 20113.0, 20185.0, 20184.0, 20167.0, 20199.0, 20227.0, 20225.0, 20238.0, 20283.0, 20247.0, 20184.0, 20143.0, 20167.0, 20199.0, 20220.0, 20225.0, 20219.0, 20180.0, 20161.0, 20183.0, 20208.0, 20235.0, 20191.0, 20211.0, 20148.0, 20162.0, 20236.0, 20235.0, 20201.0, 20180.0, 20142.0, 20122.0, 20170.0, 20185.0, 20201.0, 20169.0, 20131.0, 20157.0, 20163.0, 20196.0, 20208.0, 20173.0, 20154.0, 20314.0, 20329.0, 20190.0, 20328.0, 20297.0, 20191.0, 20150.0, 20084.0, 20161.0, 20181.0, 20130.0, 20114.0, 20151.0, 20197.0, 20165.0, 20135.0, 20121.0, 20111.0, 20100.0, 20107.0, 20187.0, 20189.0, 20114.0, 20120.0, 20058.0, 20080.0, 20078.0, 20154.0, 20114.0, 20090.0, 20099.0, 20128.0, 20171.0, 20166.0, 20105.0, 20092.0, 20091.0, 20131.0, 20176.0, 20132.0, 20123.0, 20130.0, 20129.0, 20138.0, 20175.0, 20168.0, 20168.0, 20143.0, 20128.0, 20163.0, 20179.0, 20206.0, 20206.0, 20151.0, 20130.0, 20099.0, 20159.0, 20170.0, 20189.0, 20203.0, 20161.0, 20119.0, 20138.0, 20183.0, 20204.0, 20196.0, 20160.0, 20130.0, 20149.0, 20140.0, 20141.0, 20147.0, 20192.0, 20185.0, 20176.0, 20156.0, 20165.0, 20171.0, 20207.0, 20165.0, 20142.0, 20090.0, 20117.0, 20081.0, 20133.0, 20180.0, 20136.0, 20130.0, 20082.0, 20084.0, 20125.0, 20099.0, 20230.0, 20283.0, 20107.0, 20365.0, 20277.0, 20222.0, 20154.0, 20096.0, 20162.0, 20182.0, 20140.0, 20140.0, 20132.0, 20118.0, 20145.0, 20098.0, 20107.0, 20068.0, 20112.0, 20126.0, 20173.0, 20166.0, 20150.0, 20092.0, 20102.0, 20092.0, 20163.0, 20198.0, 20142.0, 20131.0, 20143.0, 20160.0, 20218.0, 20188.0, 20116.0, 20081.0, 20084.0, 20143.0, 20148.0, 20155.0, 20125.0, 20103.0, 20117.0, 20169.0, 20141.0, 20134.0, 20100.0, 20074.0, 20115.0, 20186.0, 20151.0, 20113.0, 20125.0, 20086.0, 20115.0, 20185.0, 20180.0, 20158.0, 20142.0, 20125.0, 20107.0, 20139.0, 20191.0, 20184.0, 20189.0, 20170.0, 20111.0, 20082.0, 20114.0, 20170.0, 20163.0, 20145.0, 20090.0, 20074.0, 20090.0, 20123.0, 20160.0, 20142.0, 20103.0, 20080.0, 20094.0, 20081.0, 20141.0, 20152.0, 20105.0, 20094.0, 20087.0, 20151.0, 20188.0, 20154.0, 20137.0, 20107.0, 20102.0, 20119.0, 20119.0, 20173.0, 20149.0, 20109.0, 20063.0, 20080.0, 20123.0, 20170.0, 20152.0, 20105.0, 20105.0, 20105.0, 20158.0, 20180.0, 20181.0, 20132.0, 20112.0, 20115.0, 20125.0, 20177.0, 20124.0, 20224.0, 20322.0, 20247.0, 20228.0, 20244.0, 20135.0, 20028.0, 19992.0, 20042.0, 19983.0, 20015.0, 20072.0, 20042.0, 20032.0, 20035.0, 20089.0, 20104.0, 20115.0, 20097.0, 20057.0, 20073.0, 20058.0, 20126.0, 20094.0, 20065.0, 20023.0, 20016.0, 20023.0, 20027.0, 20071.0, 20119.0, 20124.0, 20109.0, 20095.0, 20157.0, 20162.0, 20137.0, 20100.0, 20060.0, 20099.0, 20121.0, 20181.0, 20111.0, 20112.0, 20093.0, 20090.0, 20116.0, 20143.0, 20112.0, 20108.0, 20109.0, 20121.0, 20083.0, 20141.0, 20169.0, 20157.0, 20153.0, 20115.0, 20094.0, 20126.0, 20157.0, 20183.0, 20157.0, 20119.0, 20088.0, 20060.0, 20074.0, 20151.0, 20133.0, 20135.0, 20107.0, 20100.0, 20093.0, 20125.0, 20189.0, 20149.0, 20114.0, 20133.0, 20123.0, 20122.0, 20191.0, 20162.0, 20106.0, 20150.0, 20324.0, 20091.0, 20060.0, 20099.0, 20025.0, 20051.0, 20039.0, 20042.0, 19997.0, 19983.0, 20002.0, 20005.0, 20046.0, 20086.0, 20082.0, 20050.0, 20049.0, 20053.0, 20079.0, 20098.0, 20098.0, 20058.0, 20031.0, 20062.0, 20049.0, 20108.0, 20144.0, 20134.0, 20095.0, 20093.0, 20078.0, 20147.0, 20157.0, 20107.0, 20070.0, 20132.0, 20104.0, 20149.0, 20132.0, 20133.0, 20117.0, 20157.0, 20142.0, 20103.0, 20085.0, 20077.0, 20122.0, 20130.0, 20092.0, 20087.0, 20113.0, 20145.0, 20161.0, 20122.0, 20085.0, 20107.0, 20135.0, 20114.0, 20160.0, 20174.0, 20124.0, 20087.0, 20088.0, 20131.0, 20145.0, 20133.0, 20077.0, 20066.0, 20005.0, 20031.0, 20084.0, 20089.0, 20046.0, 20037.0, 20012.0, 20072.0, 20054.0, 19995.0, 20000.0, 19997.0, 20001.0, 20041.0, 20095.0, 20028.0, 20041.0, 20026.0, 20049.0, 20063.0, 20066.0, 20105.0, 20041.0, 20087.0, 20132.0, 20140.0, 20094.0, 20118.0, 20145.0, 20126.0, 20168.0, 20153.0, 20121.0, 20148.0, 20153.0, 20189.0, 20163.0, 20139.0, 20080.0, 20150.0, 20134.0, 20112.0, 20133.0, 20154.0, 20056.0, 20051.0, 20035.0, 20108.0, 20104.0, 20074.0, 20048.0, 20052.0, 20113.0, 20122.0, 20082.0, 20034.0, 20047.0, 20110.0, 20116.0, 20071.0, 20013.0, 20000.0, 20004.0, 20062.0, 20129.0, 20145.0, 20104.0, 20119.0, 20103.0, 20131.0, 20105.0, 20155.0, 20135.0, 20119.0, 20113.0, 20121.0, 20103.0, 20102.0, 20106.0, 20098.0, 20121.0, 20054.0]}, "slices": {}}}