{
    "AccessionNumber": "", 
    "PositionReferenceIndicator": "", 
    "HeartRate": 0, 
    "PerformedProcedureStepStartTime": "110834", 
    "dcmmeta_affine": [
        [
            -1.7000000476837158, 
            0.0, 
            0.0, 
            110.80699920654297
        ], 
        [
            0.0, 
            1.7000000476837158, 
            0.0, 
            -100.09300231933594
        ], 
        [
            0.0, 
            0.0, 
            1.7000000476837158, 
            -7.814000129699707
        ], 
        [
            0.0, 
            0.0, 
            0.0, 
            1.0
        ]
    ], 
    "GroupLength_0X28_0X0": 150, 
    "GroupLength_0X40_0X0": 82, 
    "SeriesTime": "113121", 
    "StudyTime": "110842", 
    "NumberOfAverages": 1.0, 
    "PhotometricInterpretation": "MONOCHROME2", 
    "dcmmeta_reorient_transform": [
        [
            0.0, 
            -1.0, 
            0.0, 
            129.0
        ], 
        [
            1.0, 
            0.0, 
            0.0, 
            0.0
        ], 
        [
            0.0, 
            0.0, 
            -1.0, 
            26.0
        ], 
        [
            0.0, 
            0.0, 
            0.0, 
            1.0
        ]
    ], 
    "AcquisitionMatrix": [
        130, 
        0, 
        0, 
        130
    ], 
    "ProtocolName": "HCP Lifespan 2015.05.01", 
    "PercentPhaseFieldOfView": 100.0, 
    "Columns": 130, 
    "PixelSpacing": [
        1.7, 
        1.7
    ], 
    "RepetitionTime": 3.65, 
    "SpecificCharacterSet": "ISO_IR 100", 
    "EchoNumbers": 1, 
    "ImagedNucleus": "1H", 
    "MRAcquisitionType": "2D", 
    "InPlanePhaseEncodingDirection": "COL", 
    "SliceThickness": 1.7, 
    "AcquisitionNumber": 1, 
    "TriggerWindow": 0, 
    "SmallestImagePixelValue": 0, 
    "EchoTrainLength": 1, 
    "BitsStored": 16, 
    "SAR": 1.80988, 
    "AngioFlag": "N", 
    "Rows": 130, 
    "PixelBandwidth": 1923.08, 
    "ScanningSequence": [
        "EP", 
        "RM"
    ], 
    "Manufacturer": "GE MEDICAL SYSTEMS", 
    "PerformedLocation": "MRI", 
    "GroupLength_0X7FE0_0X0": 33812, 
    "dcmmeta_slice_dim": 2, 
    "FlipAngle": 77.0, 
    "VariableFlipAngleFlag": "N", 
    "SeriesDescription": "DTI pe1 g79 mux3 1.7mm", 
    "time": {
        "samples": {}, 
        "slices": {
            "InStackPositionNumber": [
                1, 
                2, 
                3, 
                4, 
                5, 
                6, 
                7, 
                8, 
                9, 
                10, 
                11, 
                12, 
                13, 
                14, 
                15, 
                16, 
                17, 
                18, 
                19, 
                20, 
                21, 
                22, 
                23, 
                24, 
                25, 
                26, 
                27
            ], 
            "ImagePositionPatient": [
                [
                    -110.807, 
                    -119.207, 
                    -7.81401
                ], 
                [
                    -110.807, 
                    -119.207, 
                    -6.11401
                ], 
                [
                    -110.807, 
                    -119.207, 
                    -4.41401
                ], 
                [
                    -110.807, 
                    -119.207, 
                    -2.71401
                ], 
                [
                    -110.807, 
                    -119.207, 
                    -1.01401
                ], 
                [
                    -110.807, 
                    -119.207, 
                    0.685994
                ], 
                [
                    -110.807, 
                    -119.207, 
                    2.38599
                ], 
                [
                    -110.807, 
                    -119.207, 
                    4.08599
                ], 
                [
                    -110.807, 
                    -119.207, 
                    5.78599
                ], 
                [
                    -110.807, 
                    -119.207, 
                    7.48599
                ], 
                [
                    -110.807, 
                    -119.207, 
                    9.18599
                ], 
                [
                    -110.807, 
                    -119.207, 
                    10.886
                ], 
                [
                    -110.807, 
                    -119.207, 
                    12.586
                ], 
                [
                    -110.807, 
                    -119.207, 
                    14.286
                ], 
                [
                    -110.807, 
                    -119.207, 
                    15.986
                ], 
                [
                    -110.807, 
                    -119.207, 
                    17.686
                ], 
                [
                    -110.807, 
                    -119.207, 
                    19.386
                ], 
                [
                    -110.807, 
                    -119.207, 
                    21.086
                ], 
                [
                    -110.807, 
                    -119.207, 
                    22.786
                ], 
                [
                    -110.807, 
                    -119.207, 
                    24.486
                ], 
                [
                    -110.807, 
                    -119.207, 
                    26.186
                ], 
                [
                    -110.807, 
                    -119.207, 
                    27.886
                ], 
                [
                    -110.807, 
                    -119.207, 
                    29.586
                ], 
                [
                    -110.807, 
                    -119.207, 
                    31.286
                ], 
                [
                    -110.807, 
                    -119.207, 
                    32.986
                ], 
                [
                    -110.807, 
                    -119.207, 
                    34.686
                ], 
                [
                    -110.807, 
                    -119.207, 
                    36.386
                ]
            ], 
            "SliceLocation": [
                -7.814005852, 
                -6.114006042, 
                -4.414006233, 
                -2.714006186, 
                -1.014006138, 
                0.6859939098, 
                2.385993958, 
                4.085993767, 
                5.785993576, 
                7.485993385, 
                9.185993195, 
                10.885993, 
                12.58599281, 
                14.28599262, 
                15.98599243, 
                17.68599319, 
                19.38599396, 
                21.08599472, 
                22.78599548, 
                24.48599625, 
                26.18599701, 
                27.88599777, 
                29.58599854, 
                31.2859993, 
                32.98600006, 
                34.68600082, 
                36.38600159
            ]
        }
    }, 
    "ReconstructionDiameter": 221.0, 
    "MagneticFieldStrength": 3.0, 
    "PercentSampling": 100.0, 
    "SpacingBetweenSlices": 1.7, 
    "ManufacturerModelName": "DISCOVERY MR750", 
    "ImageType": [
        "ORIGINAL", 
        "PRIMARY", 
        "OTHER"
    ], 
    "ReceiveCoilName": "RM:Nova32ch", 
    "EchoTime": 0.08070000000000001, 
    "GroupLength_0X18_0X0": 478, 
    "SeriesNumber": 6, 
    "dcmmeta_shape": [
        130, 
        130, 
        27, 
        85
    ], 
    "SequenceVariant": "NONE", 
    "BitsAllocated": 16, 
    "StackID": "1", 
    "ImagingFrequency": 127.679222, 
    "GroupLength_0X10_0X0": 98, 
    "ReferencedPerformedProcedureStepSequence": [
        {
            "ReferencedSOPInstanceUID": "1.2.840.113619.6.353.257519663528733442499170466279994502041", 
            "ReferencedSOPClassUID": "Modality Performed Procedure Step SOP Class"
        }
    ], 
    "SamplesPerPixel": 1, 
    "ScanOptions": [
        "EDR_GEMS", 
        "EPI_GEMS", 
        "PFF"
    ], 
    "EffectiveEchoSpacing": 0.000752, 
    "SoftwareVersions": [
        "24", 
        "LX", 
        "MR Software release:DV24.0_R01_1344.a"
    ], 
    "ImageOrientationPatient": [
        1.0, 
        -0.0, 
        0.0, 
        -0.0, 
        1.0, 
        0.0
    ], 
    "CardiacNumberOfImages": 0, 
    "StudyID": "9697", 
    "dcmmeta_version": 0.6, 
    "ImagesInAcquisition": 2295, 
    "PixelRepresentation": 1, 
    "Modality": "MR", 
    "HighBit": 15, 
    "GradientEncodingDirection": "PA"
}