{"AcquisitionMatrixPE": 96, "AcquisitionNumber": 1, "AcquisitionTime": "07:18:27.687500", "BandwidthPerPixelPhaseEncode": 33.602, "BaseResolution": 96, "BodyPartExamined": "BRAIN", "ConsistencyInfo": "N4_VD11D_LATEST_20110129", "ConversionSoftware": "dcm2niix", "ConversionSoftwareVersion": "v1.0.20210317", "DerivedVendorReportedEchoSpacing": 0.000620003, "DeviceSerialNumber": "45239", "DwellTime": 2.6e-06, "EchoTime": 0.03, "EchoTrainLength": 48, "EffectiveEchoSpacing": 0.000310001, "FlipAngle": 63, "ImageComments": "Unaliased MB4/PE3", "ImageOrientationPatientDICOM": [0.999529, 0.0236395, 0.0195938, -0.00791542, 0.814966, -0.579454], "ImageType": ["ORIGINAL", "PRIMARY", "M", "ND", "NORM", "MOSAIC"], "ImagingFrequency": 123.193, "InPlanePhaseEncodingDirectionDICOM": "COL", "InstitutionAddress": "E 24th St. 100,Austin,Southmiddle,US,78712", "InstitutionName": "Univ of Texas at Austin", "InstitutionalDepartmentName": "IRC", "MRAcquisitionType": "2D", "MagneticFieldStrength": 3, "Manufacturer": "Siemens", "ManufacturersModelName": "Skyra", "Modality": "MR", "MultibandAccelerationFactor": 4, "ParallelReductionFactorInPlane": 2, "PartialFourier": 1, "PatientPosition": "HFS", "PercentPhaseFOV": 100, "PercentSampling": 100, "PhaseEncodingDirection": "j-", "PhaseEncodingSteps": 96, "PhaseResolution": 1, "PixelBandwidth": 2005, "ProcedureStepDescription": "Poldrack2^self-scanning", "ProtocolName": "Resting State fMRI MBEPI_matrix96_BW2004", "PulseSequenceDetails": "%CustomerSeq%\\cmrr_mbep2d_bold", "ReceiveCoilActiveElements": "HEA;HEP", "ReceiveCoilName": "Head_32", "ReconMatrixPE": 96, "RefLinesPE": 94, "RepetitionTime": 1.16, "SAR": 0.117096, "ScanOptions": "FS", "ScanningSequence": "EP", "SequenceName": "epfid2d1_96", "SequenceVariant": "SK", "SeriesDescription": "Resting State fMRI MBEPI_matrix96_BW2004", "SeriesNumber": 7, "ShimSetting": [-2760, 8030, -15426, 77, -153, -176, 191, -39], "SliceThickness": 2, "SliceTiming": [0, 0.615, 0.0675, 0.6825, 0.1375, 0.75, 0.205, 0.82, 0.2725, 0.8875, 0.3425, 0.955, 0.41, 1.0225, 0.4775, 1.0925, 0.545, 0, 0.615, 0.0675, 0.6825, 0.1375, 0.75, 0.205, 0.82, 0.2725, 0.8875, 0.3425, 0.955, 0.41, 1.0225, 0.4775, 1.0925, 0.545, 0, 0.615, 0.0675, 0.6825, 0.1375, 0.75, 0.205, 0.82, 0.2725, 0.8875, 0.3425, 0.955, 0.41, 1.0225, 0.4775, 1.0925, 0.545, 0, 0.615, 0.0675, 0.6825, 0.1375, 0.75, 0.205, 0.82, 0.2725, 0.8875, 0.3425, 0.955, 0.41, 1.0225, 0.4775, 1.0925, 0.545], "SoftwareVersions": "syngo MR D11", "SpacingBetweenSlices": 2.4, "StationName": "AWP45239", "TaskName": "Resting fmri", "TotalReadoutTime": 0.0294501, "TxRefAmp": 348.798, "WipMemBlock": "f0947b24-f710-4eb0-ab46-bb237024fe48||Sequence: VD11D r154; May 23 2012 22:27:19 by eja", "dcmmeta_affine": [[-2.3947036266326904, -0.018964027985930443, 0.07119902223348618, 116.27530670166016], [-0.0566362701356411, 1.9525229930877686, -1.3896628618240356, -61.96317672729492], [0.046943385154008865, 1.3882763385772705, 1.955445647239685, -71.66573333740234], [0.0, 0.0, 0.0, 1.0]], "dcmmeta_reorient_transform": [[0.0, -1.0, 0.0, 95.0], [1.0, 0.0, 0.0, 0.0], [0.0, 0.0, 1.0, 0.0], [0.0, 0.0, 0.0, 1.0]], "dcmmeta_shape": [96, 96, 68, 518], "dcmmeta_slice_dim": 2, "dcmmeta_version": 0.6, "global": {"const": {"AcquisitionMatrix": [96, 0, 0, 96], "AngioFlag": "N", "BitsAllocated": 16, "BitsStored": 16, "BodyPartExamined": "BRAIN", "Columns": 864, "EchoNumbers": 1, "EchoTime": 30.0, "EchoTrainLength": 48, "FlipAngle": 63.0, "HighBit": 15, "ImageOrientationPatient": [0.99952851843224, 0.02363948711129, 0.01959376150142, -0.0079154205503, 0.81496615194048, -0.5794544997744], "ImagePositionPatient": [-1026.7577471453, -895.04367019143, 575.29238177558], "ImageType": ["ORIGINAL", "PRIMARY", "M", "ND", "NORM", "MOSAIC"], "ImagedNucleus": "1H", "ImagingFrequency": 123.193284, "InPlanePhaseEncodingDirection": "COL", "MRAcquisitionType": "2D", "MagneticFieldStrength": 3.0, "Manufacturer": "SIEMENS", "ManufacturerModelName": "Skyra", "Modality": "MR", "NumberOfAverages": 1.0, "NumberOfPhaseEncodingSteps": 96, "PercentPhaseFieldOfView": 100.0, "PercentSampling": 100.0, "PerformedProcedureStepStartTime": "070620.875000", "PhotometricInterpretation": "MONOCHROME2", "PixelBandwidth": 2005.0, "PixelRepresentation": 0, "PixelSpacing": [2.3958332538605, 2.3958332538605], "ProtocolName": "Resting State fMRI MBEPI_matrix96_BW2004", "RepetitionTime": 1160.0, "Rows": 864, "SAR": 0.11709618294608, "SamplesPerPixel": 1, "ScanOptions": "FS", "ScanningSequence": "EP", "SequenceName": "epfid2d1_96", "SequenceVariant": "SK", "SeriesDescription": "Resting State fMRI MBEPI_matrix96_BW2004", "SeriesNumber": 7, "SeriesTime": "071914.500000", "SliceLocation": -19.063263528529, "SliceThickness": 2.0, "SmallestImagePixelValue": 0, "SoftwareVersions": "syngo MR D11", "SpacingBetweenSlices": 2.3999999985456, "SpecificCharacterSet": "ISO_IR 100", "StudyID": "1", "StudyTime": "070620.843000", "TransmitCoilName": "Body", "VariableFlipAngleFlag": "N", "WindowCenterWidthExplanation": "Algo1", "dBdt": 0.0}, "slices": {}}, "time": {"samples": {"AcquisitionNumber": [1, 2, 3, 4, 5, 6, 7, 8, 9, 10, 11, 12, 13, 14, 15, 16, 17, 18, 19, 20, 21, 22, 23, 24, 25, 26, 27, 28, 29, 30, 31, 32, 33, 34, 35, 36, 37, 38, 39, 40, 41, 42, 43, 44, 45, 46, 47, 48, 49, 50, 51, 52, 53, 54, 55, 56, 57, 58, 59, 60, 61, 62, 63, 64, 65, 66, 67, 68, 69, 70, 71, 72, 73, 74, 75, 76, 77, 78, 79, 80, 81, 82, 83, 84, 85, 86, 87, 88, 89, 90, 91, 92, 93, 94, 95, 96, 97, 98, 99, 100, 101, 102, 103, 104, 105, 106, 107, 108, 109, 110, 111, 112, 113, 114, 115, 116, 117, 118, 119, 120, 121, 122, 123, 124, 125, 126, 127, 128, 129, 130, 131, 132, 133, 134, 135, 136, 137, 138, 139, 140, 141, 142, 143, 144, 145, 146, 147, 148, 149, 150, 151, 152, 153, 154, 155, 156, 157, 158, 159, 160, 161, 162, 163, 164, 165, 166, 167, 168, 169, 170, 171, 172, 173, 174, 175, 176, 177, 178, 179, 180, 181, 182, 183, 184, 185, 186, 187, 188, 189, 190, 191, 192, 193, 194, 195, 196, 197, 198, 199, 200, 201, 202, 203, 204, 205, 206, 207, 208, 209, 210, 211, 212, 213, 214, 215, 216, 217, 218, 219, 220, 221, 222, 223, 224, 225, 226, 227, 228, 229, 230, 231, 232, 233, 234, 235, 236, 237, 238, 239, 240, 241, 242, 243, 244, 245, 246, 247, 248, 249, 250, 251, 252, 253, 254, 255, 256, 257, 258, 259, 260, 261, 262, 263, 264, 265, 266, 267, 268, 269, 270, 271, 272, 273, 274, 275, 276, 277, 278, 279, 280, 281, 282, 283, 284, 285, 286, 287, 288, 289, 290, 291, 292, 293, 294, 295, 296, 297, 298, 299, 300, 301, 302, 303, 304, 305, 306, 307, 308, 309, 310, 311, 312, 313, 314, 315, 316, 317, 318, 319, 320, 321, 322, 323, 324, 325, 326, 327, 328, 329, 330, 331, 332, 333, 334, 335, 336, 337, 338, 339, 340, 341, 342, 343, 344, 345, 346, 347, 348, 349, 350, 351, 352, 353, 354, 355, 356, 357, 358, 359, 360, 361, 362, 363, 364, 365, 366, 367, 368, 369, 370, 371, 372, 373, 374, 375, 376, 377, 378, 379, 380, 381, 382, 383, 384, 385, 386, 387, 388, 389, 390, 391, 392, 393, 394, 395, 396, 397, 398, 399, 400, 401, 402, 403, 404, 405, 406, 407, 408, 409, 410, 411, 412, 413, 414, 415, 416, 417, 418, 419, 420, 421, 422, 423, 424, 425, 426, 427, 428, 429, 430, 431, 432, 433, 434, 435, 436, 437, 438, 439, 440, 441, 442, 443, 444, 445, 446, 447, 448, 449, 450, 451, 452, 453, 454, 455, 456, 457, 458, 459, 460, 461, 462, 463, 464, 465, 466, 467, 468, 469, 470, 471, 472, 473, 474, 475, 476, 477, 478, 479, 480, 481, 482, 483, 484, 485, 486, 487, 488, 489, 490, 491, 492, 493, 494, 495, 496, 497, 498, 499, 500, 501, 502, 503, 504, 505, 506, 507, 508, 509, 510, 511, 512, 513, 514, 515, 516, 517, 518], "AcquisitionTime": ["071827.687500", "071856.687500", "071857.847500", "071859.007500", "071900.167500", "071901.327500", "071902.487500", "071903.647500", "071904.807500", "071905.967500", "071907.127500", "071908.287500", "071909.447500", "071910.607500", "071911.767500", "071912.927500", "071914.087500", "071915.247500", "071916.407500", "071917.567500", "071918.727500", "071919.887500", "071921.047500", "071922.207500", "071923.367500", "071924.527500", "071925.687500", "071926.847500", "071928.007500", "071929.167500", "071930.327500", "071931.487500", "071932.647500", "071933.807500", "071934.967500", "071936.127500", "071937.287500", "071938.447500", "071939.607500", "071940.767500", "071941.927500", "071943.087500", "071944.247500", "071945.407500", "071946.567500", "071947.727500", "071948.887500", "071950.047500", "071951.207500", "071952.367500", "071953.527500", "071954.687500", "071955.847500", "071957.007500", "071958.167500", "071959.327500", "072000.487500", "072001.647500", "072002.807500", "072003.967500", "072005.127500", "072006.287500", "072007.447500", "072008.607500", "072009.767500", "072010.927500", "072012.087500", "072013.247500", "072014.407500", "072015.567500", "072016.727500", "072017.887500", "072019.047500", "072020.207500", "072021.367500", "072022.527500", "072023.687500", "072024.847500", "072026.007500", "072027.167500", "072028.327500", "072029.487500", "072030.647500", "072031.807500", "072032.967500", "072034.127500", "072035.287500", "072036.447500", "072037.607500", "072038.767500", "072039.927500", "072041.087500", "072042.247500", "072043.407500", "072044.567500", "072045.727500", "072046.887500", "072048.047500", "072049.207500", "072050.367500", "072051.527500", "072052.687500", "072053.847500", "072055.007500", "072056.167500", "072057.327500", "072058.487500", "072059.647500", "072100.807500", "072101.967500", "072103.127500", "072104.287500", "072105.447500", "072106.607500", "072107.767500", "072108.927500", "072110.087500", "072111.247500", "072112.407500", "072113.567500", "072114.727500", "072115.887500", "072117.047500", "072118.207500", "072119.367500", "072120.527500", "072121.687500", "072122.847500", "072124.007500", "072125.167500", "072126.327500", "072127.487500", "072128.647500", "072129.807500", "072130.967500", "072132.127500", "072133.287500", "072134.447500", "072135.607500", "072136.767500", "072137.927500", "072139.087500", "072140.247500", "072141.407500", "072142.567500", "072143.727500", "072144.887500", "072146.047500", "072147.207500", "072148.367500", "072149.527500", "072150.687500", "072151.847500", "072153.007500", "072154.167500", "072155.327500", "072156.487500", "072157.647500", "072158.807500", "072159.967500", "072201.127500", "072202.287500", "072203.447500", "072204.607500", "072205.767500", "072206.927500", "072208.087500", "072209.247500", "072210.407500", "072211.567500", "072212.727500", "072213.887500", "072215.047500", "072216.207500", "072217.367500", "072218.527500", "072219.687500", "072220.847500", "072222.007500", "072223.167500", "072224.327500", "072225.487500", "072226.647500", "072227.807500", "072228.967500", "072230.127500", "072231.287500", "072232.447500", "072233.607500", "072234.767500", "072235.927500", "072237.087500", "072238.247500", "072239.407500", "072240.567500", "072241.727500", "072242.887500", "072244.047500", "072245.207500", "072246.367500", "072247.527500", "072248.687500", "072249.847500", "072251.007500", "072252.167500", "072253.327500", "072254.487500", "072255.647500", "072256.807500", "072257.967500", "072259.127500", "072300.287500", "072301.447500", "072302.607500", "072303.767500", "072304.927500", "072306.087500", "072307.247500", "072308.407500", "072309.567500", "072310.727500", "072311.887500", "072313.047500", "072314.207500", "072315.367500", "072316.527500", "072317.687500", "072318.847500", "072320.007500", "072321.167500", "072322.327500", "072323.487500", "072324.647500", "072325.807500", "072326.967500", "072328.127500", "072329.287500", "072330.447500", "072331.607500", "072332.767500", "072333.927500", "072335.087500", "072336.247500", "072337.407500", "072338.567500", "072339.727500", "072340.887500", "072342.047500", "072343.207500", "072344.367500", "072345.527500", "072346.687500", "072347.847500", "072349.007500", "072350.167500", "072351.327500", "072352.487500", "072353.647500", "072354.807500", "072355.967500", "072357.127500", "072358.287500", "072359.447500", "072400.607500", "072401.767500", "072402.927500", "072404.087500", "072405.247500", "072406.407500", "072407.567500", "072408.727500", "072409.887500", "072411.047500", "072412.207500", "072413.367500", "072414.527500", "072415.687500", "072416.847500", "072418.007500", "072419.167500", "072420.327500", "072421.487500", "072422.647500", "072423.807500", "072424.967500", "072426.127500", "072427.287500", "072428.447500", "072429.607500", "072430.767500", "072431.927500", "072433.087500", "072434.247500", "072435.407500", "072436.567500", "072437.727500", "072438.887500", "072440.047500", "072441.207500", "072442.367500", "072443.527500", "072444.687500", "072445.847500", "072447.007500", "072448.167500", "072449.327500", "072450.487500", "072451.647500", "072452.807500", "072453.967500", "072455.127500", "072456.287500", "072457.447500", "072458.607500", "072459.767500", "072500.927500", "072502.087500", "072503.247500", "072504.407500", "072505.567500", "072506.727500", "072507.887500", "072509.047500", "072510.207500", "072511.367500", "072512.527500", "072513.687500", "072514.847500", "072516.007500", "072517.167500", "072518.327500", "072519.487500", "072520.647500", "072521.807500", "072522.967500", "072524.127500", "072525.287500", "072526.447500", "072527.607500", "072528.767500", "072529.927500", "072531.087500", "072532.247500", "072533.407500", "072534.567500", "072535.727500", "072536.887500", "072538.047500", "072539.207500", "072540.367500", "072541.527500", "072542.687500", "072543.847500", "072545.007500", "072546.167500", "072547.327500", "072548.487500", "072549.647500", "072550.807500", "072551.967500", "072553.127500", "072554.287500", "072555.447500", "072556.607500", "072557.767500", "072558.927500", "072600.087500", "072601.247500", "072602.407500", "072603.567500", "072604.727500", "072605.887500", "072607.047500", "072608.207500", "072609.367500", "072610.527500", "072611.687500", "072612.847500", "072614.007500", "072615.167500", "072616.327500", "072617.487500", "072618.647500", "072619.807500", "072620.967500", "072622.127500", "072623.287500", "072624.447500", "072625.607500", "072626.767500", "072627.927500", "072629.087500", "072630.247500", "072631.407500", "072632.567500", "072633.727500", "072634.887500", "072636.047500", "072637.207500", "072638.367500", "072639.527500", "072640.687500", "072641.847500", "072643.007500", "072644.167500", "072645.327500", "072646.487500", "072647.647500", "072648.807500", "072649.967500", "072651.127500", "072652.287500", "072653.447500", "072654.607500", "072655.767500", "072656.927500", "072658.087500", "072659.247500", "072700.407500", "072701.567500", "072702.727500", "072703.887500", "072705.047500", "072706.207500", "072707.367500", "072708.527500", "072709.687500", "072710.847500", "072712.007500", "072713.167500", "072714.327500", "072715.487500", "072716.647500", "072717.807500", "072718.967500", "072720.127500", "072721.287500", "072722.447500", "072723.607500", "072724.767500", "072725.927500", "072727.087500", "072728.247500", "072729.407500", "072730.567500", "072731.727500", "072732.887500", "072734.047500", "072735.207500", "072736.367500", "072737.527500", "072738.687500", "072739.847500", "072741.007500", "072742.167500", "072743.327500", "072744.487500", "072745.647500", "072746.807500", "072747.967500", "072749.127500", "072750.287500", "072751.447500", "072752.607500", "072753.767500", "072754.927500", "072756.087500", "072757.247500", "072758.407500", "072759.567500", "072800.727500", "072801.887500", "072803.047500", "072804.207500", "072805.367500", "072806.527500", "072807.687500", "072808.847500", "072810.007500", "072811.167500", "072812.327500", "072813.487500", "072814.647500", "072815.807500", "072816.967500", "072818.127500", "072819.287500", "072820.447500", "072821.607500", "072822.767500", "072823.927500", "072825.087500", "072826.247500", "072827.407500", "072828.567500", "072829.727500", "072830.887500", "072832.047500", "072833.207500", "072834.367500", "072835.527500", "072836.687500", "072837.847500", "072839.007500", "072840.167500", "072841.327500", "072842.487500", "072843.647500", "072844.807500", "072845.967500", "072847.127500", "072848.287500", "072849.447500", "072850.607500", "072851.767500", "072852.927500", "072854.087500", "072855.247500"], "ContentTime": ["071914.515000", "071921.781000", "071921.781000", "071921.781000", "071921.796000", "071921.796000", "071926.781000", "071926.781000", "071926.781000", "071931.781000", "071931.781000", "071936.781000", "071936.781000", "071941.781000", "071941.781000", "071941.796000", "071946.781000", "071946.781000", "071946.781000", "071951.781000", "071951.781000", "071956.781000", "071956.781000", "071956.781000", "072001.781000", "072001.781000", "072001.781000", "072006.781000", "072006.781000", "072011.781000", "072011.781000", "072011.781000", "072016.781000", "072016.781000", "072021.781000", "072021.812000", "072021.812000", "072026.781000", "072026.781000", "072031.781000", "072031.781000", "072031.781000", "072036.781000", "072036.781000", "072041.781000", "072041.781000", "072041.781000", "072046.781000", "072046.781000", "072051.781000", "072051.781000", "072051.781000", "072056.781000", "072056.781000", "072056.781000", "072101.781000", "072101.781000", "072106.781000", "072106.781000", "072106.781000", "072111.781000", "072111.781000", "072116.781000", "072116.781000", "072116.781000", "072121.781000", "072121.781000", "072126.781000", "072126.781000", "072126.781000", "072131.781000", "072131.781000", "072136.781000", "072136.781000", "072136.781000", "072141.781000", "072141.781000", "072146.781000", "072146.781000", "072146.781000", "072151.781000", "072151.781000", "072151.781000", "072156.781000", "072156.781000", "072201.781000", "072201.781000", "072201.781000", "072206.781000", "072206.781000", "072211.781000", "072211.781000", "072211.781000", "072216.781000", "072216.781000", "072221.781000", "072221.781000", "072221.781000", "072226.781000", "072226.781000", "072226.781000", "072231.781000", "072231.781000", "072236.781000", "072236.781000", "072236.796000", "072241.781000", "072241.781000", "072246.781000", "072246.781000", "072246.781000", "072251.781000", "072251.781000", "072256.781000", "072256.781000", "072256.781000", "072301.781000", "072301.781000", "072306.781000", "072306.781000", "072306.781000", "072311.781000", "072311.781000", "072316.781000", "072316.781000", "072316.781000", "072321.781000", "072321.781000", "072331.781000", "072331.812000", "072331.812000", "072331.812000", "072331.828000", "072336.781000", "072336.781000", "072336.781000", "072341.781000", "072341.781000", "072346.781000", "072346.781000", "072346.781000", "072351.781000", "072351.781000", "072356.781000", "072356.781000", "072356.781000", "072401.781000", "072401.781000", "072406.781000", "072406.781000", "072406.781000", "072411.781000", "072411.781000", "072416.781000", "072416.781000", "072416.781000", "072421.781000", "072421.781000", "072421.781000", "072426.781000", "072426.781000", "072431.781000", "072431.781000", "072436.781000", "072436.781000", "072436.796000", "072441.781000", "072441.781000", "072441.781000", "072446.781000", "072446.781000", "072451.781000", "072451.781000", "072451.781000", "072456.781000", "072456.781000", "072501.781000", "072501.796000", "072501.796000", "072506.781000", "072506.781000", "072506.796000", "072511.781000", "072511.781000", "072516.781000", "072516.781000", "072516.781000", "072521.781000", "072521.781000", "072526.781000", "072526.781000", "072526.781000", "072531.781000", "072531.781000", "072536.781000", "072536.781000", "072536.781000", "072541.781000", "072541.781000", "072546.781000", "072546.781000", "072546.781000", "072551.781000", "072551.781000", "072556.781000", "072556.781000", "072556.781000", "072601.781000", "072601.781000", "072606.781000", "072606.781000", "072606.781000", "072611.781000", "072611.781000", "072616.781000", "072616.781000", "072616.781000", "072621.781000", "072621.781000", "072626.781000", "072626.781000", "072626.781000", "072631.781000", "072631.781000", "072631.781000", "072636.781000", "072636.781000", "072641.781000", "072641.781000", "072641.781000", "072646.781000", "072646.781000", "072651.781000", "072651.796000", "072651.796000", "072656.781000", "072656.781000", "072701.781000", "072701.781000", "072701.781000", "072706.781000", "072706.781000", "072711.781000", "072711.781000", "072711.781000", "072716.781000", "072716.781000", "072721.781000", "072721.781000", "072721.781000", "072726.781000", "072726.781000", "072731.781000", "072731.781000", "072731.781000", "072736.781000", "072736.781000", "072736.781000", "072741.781000", "072741.781000", "072746.781000", "072746.781000", "072746.796000", "072751.781000", "072751.781000", "072756.781000", "072756.781000", "072756.781000", "072801.781000", "072801.781000", "072806.781000", "072806.781000", "072806.781000", "072811.781000", "072811.781000", "072816.781000", "072816.781000", "072816.781000", "072821.781000", "072821.781000", "072826.781000", "072826.781000", "072826.781000", "072831.781000", "072831.781000", "072831.796000", "072836.781000", "072836.781000", "072841.781000", "072841.781000", "072841.781000", "072846.781000", "072846.781000", "072851.781000", "072851.781000", "072856.781000", "072856.781000", "072856.781000", "072901.781000", "072901.781000", "072901.781000", "072906.781000", "072906.796000", "072906.796000", "072911.781000", "072911.781000", "072916.781000", "072916.781000", "072916.781000", "072921.781000", "072921.781000", "072926.781000", "072926.781000", "072926.781000", "072931.781000", "072931.781000", "072931.781000", "072936.781000", "072936.796000", "072941.781000", "072941.781000", "072941.796000", "072946.781000", "072946.781000", "072946.781000", "072951.781000", "072951.781000", "072956.781000", "072956.781000", "072956.781000", "073001.781000", "073001.781000", "073006.781000", "073006.781000", "073006.781000", "073011.781000", "073011.796000", "073011.796000", "073016.781000", "073016.781000", "073021.781000", "073021.781000", "073021.781000", "073026.781000", "073026.781000", "073026.781000", "073031.781000", "073031.781000", "073036.781000", "073036.781000", "073036.781000", "073041.796000", "073041.796000", "073041.796000", "073046.781000", "073046.781000", "073051.781000", "073051.781000", "073051.781000", "073056.781000", "073056.781000", "073056.781000", "073101.781000", "073101.781000", "073106.781000", "073106.781000", "073106.781000", "073111.781000", "073111.781000", "073116.781000", "073116.781000", "073116.781000", "073121.781000", "073121.781000", "073121.781000", "073126.781000", "073126.781000", "073131.781000", "073131.781000", "073131.781000", "073136.781000", "073136.781000", "073136.781000", "073141.781000", "073141.781000", "073146.781000", "073146.781000", "073146.796000", "073151.781000", "073151.781000", "073156.781000", "073156.781000", "073156.796000", "073201.781000", "073201.781000", "073206.781000", "073206.781000", "073206.781000", "073211.781000", "073211.781000", "073211.781000", "073216.781000", "073216.781000", "073216.781000", "073221.781000", "073221.781000", "073226.781000", "073226.781000", "073226.781000", "073231.781000", "073231.781000", "073236.781000", "073236.781000", "073236.781000", "073241.781000", "073241.781000", "073246.781000", "073246.796000", "073246.796000", "073251.781000", "073251.781000", "073251.781000", "073256.781000", "073256.781000", "073301.781000", "073301.781000", "073301.781000", "073306.781000", "073306.781000", "073306.781000", "073311.781000", "073311.781000", "073316.781000", "073316.781000", "073316.781000", "073321.781000", "073321.781000", "073326.781000", "073326.781000", "073326.781000", "073331.781000", "073331.781000", "073331.781000", "073336.781000", "073336.781000", "073341.781000", "073341.781000", "073341.781000", "073346.781000", "073346.781000", "073351.781000", "073351.781000", "073351.781000", "073356.781000", "073356.781000", "073356.781000", "073401.781000", "073401.781000", "073406.781000", "073406.781000", "073406.781000", "073411.781000", "073411.781000", "073416.781000", "073416.781000", "073416.781000", "073421.781000", "073421.781000", "073426.781000", "073426.781000", "073426.781000", "073431.781000", "073431.796000", "073431.796000", "073436.781000", "073436.796000", "073441.781000", "073441.796000", "073441.796000", "073446.781000", "073446.796000", "073451.781000", "073451.796000", "073451.796000", "073456.781000", "073456.796000", "073501.781000", "073501.796000", "073501.796000", "073506.781000", "073506.796000", "073511.781000", "073511.796000", "073511.796000", "073516.781000", "073516.796000", "073516.796000", "073521.781000", "073521.796000", "073526.781000", "073526.796000", "073526.796000", "073531.781000", "073531.796000", "073531.796000", "073536.781000", "073536.796000", "073541.781000", "073541.796000", "073541.796000", "073546.781000", "073546.796000", "073546.796000", "073551.781000", "073551.796000", "073551.796000", "073555.562000", "073555.562000"], "InstanceCreationTime": ["071914.515000", "071921.781000", "071921.781000", "071921.781000", "071921.796000", "071921.796000", "071926.781000", "071926.781000", "071926.781000", "071931.781000", "071931.781000", "071936.781000", "071936.781000", "071941.781000", "071941.781000", "071941.796000", "071946.781000", "071946.781000", "071946.781000", "071951.781000", "071951.781000", "071956.781000", "071956.781000", "071956.781000", "072001.781000", "072001.781000", "072001.781000", "072006.781000", "072006.781000", "072011.781000", "072011.781000", "072011.781000", "072016.781000", "072016.781000", "072021.781000", "072021.812000", "072021.812000", "072026.781000", "072026.781000", "072031.781000", "072031.781000", "072031.781000", "072036.781000", "072036.781000", "072041.781000", "072041.781000", "072041.781000", "072046.781000", "072046.781000", "072051.781000", "072051.781000", "072051.781000", "072056.781000", "072056.781000", "072056.781000", "072101.781000", "072101.781000", "072106.781000", "072106.781000", "072106.781000", "072111.781000", "072111.781000", "072116.781000", "072116.781000", "072116.781000", "072121.781000", "072121.781000", "072126.781000", "072126.781000", "072126.781000", "072131.781000", "072131.781000", "072136.781000", "072136.781000", "072136.781000", "072141.781000", "072141.781000", "072146.781000", "072146.781000", "072146.781000", "072151.781000", "072151.781000", "072151.781000", "072156.781000", "072156.781000", "072201.781000", "072201.781000", "072201.781000", "072206.781000", "072206.781000", "072211.781000", "072211.781000", "072211.781000", "072216.781000", "072216.781000", "072221.781000", "072221.781000", "072221.781000", "072226.781000", "072226.781000", "072226.781000", "072231.781000", "072231.781000", "072236.781000", "072236.781000", "072236.796000", "072241.781000", "072241.781000", "072246.781000", "072246.781000", "072246.781000", "072251.781000", "072251.781000", "072256.781000", "072256.781000", "072256.781000", "072301.781000", "072301.781000", "072306.781000", "072306.781000", "072306.781000", "072311.781000", "072311.781000", "072316.781000", "072316.781000", "072316.781000", "072321.781000", "072321.781000", "072331.781000", "072331.812000", "072331.812000", "072331.812000", "072331.828000", "072336.781000", "072336.781000", "072336.781000", "072341.781000", "072341.781000", "072346.781000", "072346.781000", "072346.781000", "072351.781000", "072351.781000", "072356.781000", "072356.781000", "072356.781000", "072401.781000", "072401.781000", "072406.781000", "072406.781000", "072406.781000", "072411.781000", "072411.781000", "072416.781000", "072416.781000", "072416.781000", "072421.781000", "072421.781000", "072421.781000", "072426.781000", "072426.781000", "072431.781000", "072431.781000", "072436.781000", "072436.781000", "072436.796000", "072441.781000", "072441.781000", "072441.781000", "072446.781000", "072446.781000", "072451.781000", "072451.781000", "072451.781000", "072456.781000", "072456.781000", "072501.781000", "072501.796000", "072501.796000", "072506.781000", "072506.781000", "072506.796000", "072511.781000", "072511.781000", "072516.781000", "072516.781000", "072516.781000", "072521.781000", "072521.781000", "072526.781000", "072526.781000", "072526.781000", "072531.781000", "072531.781000", "072536.781000", "072536.781000", "072536.781000", "072541.781000", "072541.781000", "072546.781000", "072546.781000", "072546.781000", "072551.781000", "072551.781000", "072556.781000", "072556.781000", "072556.781000", "072601.781000", "072601.781000", "072606.781000", "072606.781000", "072606.781000", "072611.781000", "072611.781000", "072616.781000", "072616.781000", "072616.781000", "072621.781000", "072621.781000", "072626.781000", "072626.781000", "072626.781000", "072631.781000", "072631.781000", "072631.781000", "072636.781000", "072636.781000", "072641.781000", "072641.781000", "072641.781000", "072646.781000", "072646.781000", "072651.781000", "072651.796000", "072651.796000", "072656.781000", "072656.781000", "072701.781000", "072701.781000", "072701.781000", "072706.781000", "072706.781000", "072711.781000", "072711.781000", "072711.781000", "072716.781000", "072716.781000", "072721.781000", "072721.781000", "072721.781000", "072726.781000", "072726.781000", "072731.781000", "072731.781000", "072731.781000", "072736.781000", "072736.781000", "072736.781000", "072741.781000", "072741.781000", "072746.781000", "072746.781000", "072746.796000", "072751.781000", "072751.781000", "072756.781000", "072756.781000", "072756.781000", "072801.781000", "072801.781000", "072806.781000", "072806.781000", "072806.781000", "072811.781000", "072811.781000", "072816.781000", "072816.781000", "072816.781000", "072821.781000", "072821.781000", "072826.781000", "072826.781000", "072826.781000", "072831.781000", "072831.781000", "072831.796000", "072836.781000", "072836.781000", "072841.781000", "072841.781000", "072841.781000", "072846.781000", "072846.781000", "072851.781000", "072851.781000", "072856.781000", "072856.781000", "072856.781000", "072901.781000", "072901.781000", "072901.781000", "072906.781000", "072906.796000", "072906.796000", "072911.781000", "072911.781000", "072916.781000", "072916.781000", "072916.781000", "072921.781000", "072921.781000", "072926.781000", "072926.781000", "072926.781000", "072931.781000", "072931.781000", "072931.781000", "072936.781000", "072936.796000", "072941.781000", "072941.781000", "072941.796000", "072946.781000", "072946.781000", "072946.781000", "072951.781000", "072951.781000", "072956.781000", "072956.781000", "072956.781000", "073001.781000", "073001.781000", "073006.781000", "073006.781000", "073006.781000", "073011.781000", "073011.796000", "073011.796000", "073016.781000", "073016.781000", "073021.781000", "073021.781000", "073021.781000", "073026.781000", "073026.781000", "073026.781000", "073031.781000", "073031.781000", "073036.781000", "073036.781000", "073036.781000", "073041.796000", "073041.796000", "073041.796000", "073046.781000", "073046.781000", "073051.781000", "073051.781000", "073051.781000", "073056.781000", "073056.781000", "073056.781000", "073101.781000", "073101.781000", "073106.781000", "073106.781000", "073106.781000", "073111.781000", "073111.781000", "073116.781000", "073116.781000", "073116.781000", "073121.781000", "073121.781000", "073121.781000", "073126.781000", "073126.781000", "073131.781000", "073131.781000", "073131.781000", "073136.781000", "073136.781000", "073136.781000", "073141.781000", "073141.781000", "073146.781000", "073146.781000", "073146.796000", "073151.781000", "073151.781000", "073156.781000", "073156.781000", "073156.796000", "073201.781000", "073201.781000", "073206.781000", "073206.781000", "073206.781000", "073211.781000", "073211.781000", "073211.781000", "073216.781000", "073216.781000", "073216.781000", "073221.781000", "073221.781000", "073226.781000", "073226.781000", "073226.781000", "073231.781000", "073231.781000", "073236.781000", "073236.781000", "073236.781000", "073241.781000", "073241.781000", "073246.781000", "073246.796000", "073246.796000", "073251.781000", "073251.781000", "073251.781000", "073256.781000", "073256.781000", "073301.781000", "073301.781000", "073301.781000", "073306.781000", "073306.781000", "073306.781000", "073311.781000", "073311.781000", "073316.781000", "073316.781000", "073316.781000", "073321.781000", "073321.781000", "073326.781000", "073326.781000", "073326.781000", "073331.781000", "073331.781000", "073331.781000", "073336.781000", "073336.781000", "073341.781000", "073341.781000", "073341.781000", "073346.781000", "073346.781000", "073351.781000", "073351.781000", "073351.781000", "073356.781000", "073356.781000", "073356.781000", "073401.781000", "073401.781000", "073406.781000", "073406.781000", "073406.781000", "073411.781000", "073411.781000", "073416.781000", "073416.781000", "073416.781000", "073421.781000", "073421.781000", "073426.781000", "073426.781000", "073426.781000", "073431.781000", "073431.796000", "073431.796000", "073436.781000", "073436.796000", "073441.781000", "073441.796000", "073441.796000", "073446.781000", "073446.796000", "073451.781000", "073451.796000", "073451.796000", "073456.781000", "073456.796000", "073501.781000", "073501.796000", "073501.796000", "073506.781000", "073506.796000", "073511.781000", "073511.796000", "073511.796000", "073516.781000", "073516.796000", "073516.796000", "073521.781000", "073521.796000", "073526.781000", "073526.796000", "073526.796000", "073531.781000", "073531.796000", "073531.796000", "073536.781000", "073536.796000", "073541.781000", "073541.796000", "073541.796000", "073546.781000", "073546.796000", "073546.796000", "073551.781000", "073551.796000", "073551.796000", "073555.562000", "073555.562000"], "InstanceNumber": [1, 2, 3, 4, 5, 6, 7, 8, 9, 10, 11, 12, 13, 14, 15, 16, 17, 18, 19, 20, 21, 22, 23, 24, 25, 26, 27, 28, 29, 30, 31, 32, 33, 34, 35, 36, 37, 38, 39, 40, 41, 42, 43, 44, 45, 46, 47, 48, 49, 50, 51, 52, 53, 54, 55, 56, 57, 58, 59, 60, 61, 62, 63, 64, 65, 66, 67, 68, 69, 70, 71, 72, 73, 74, 75, 76, 77, 78, 79, 80, 81, 82, 83, 84, 85, 86, 87, 88, 89, 90, 91, 92, 93, 94, 95, 96, 97, 98, 99, 100, 101, 102, 103, 104, 105, 106, 107, 108, 109, 110, 111, 112, 113, 114, 115, 116, 117, 118, 119, 120, 121, 122, 123, 124, 125, 126, 127, 128, 129, 130, 131, 132, 133, 134, 135, 136, 137, 138, 139, 140, 141, 142, 143, 144, 145, 146, 147, 148, 149, 150, 151, 152, 153, 154, 155, 156, 157, 158, 159, 160, 161, 162, 163, 164, 165, 166, 167, 168, 169, 170, 171, 172, 173, 174, 175, 176, 177, 178, 179, 180, 181, 182, 183, 184, 185, 186, 187, 188, 189, 190, 191, 192, 193, 194, 195, 196, 197, 198, 199, 200, 201, 202, 203, 204, 205, 206, 207, 208, 209, 210, 211, 212, 213, 214, 215, 216, 217, 218, 219, 220, 221, 222, 223, 224, 225, 226, 227, 228, 229, 230, 231, 232, 233, 234, 235, 236, 237, 238, 239, 240, 241, 242, 243, 244, 245, 246, 247, 248, 249, 250, 251, 252, 253, 254, 255, 256, 257, 258, 259, 260, 261, 262, 263, 264, 265, 266, 267, 268, 269, 270, 271, 272, 273, 274, 275, 276, 277, 278, 279, 280, 281, 282, 283, 284, 285, 286, 287, 288, 289, 290, 291, 292, 293, 294, 295, 296, 297, 298, 299, 300, 301, 302, 303, 304, 305, 306, 307, 308, 309, 310, 311, 312, 313, 314, 315, 316, 317, 318, 319, 320, 321, 322, 323, 324, 325, 326, 327, 328, 329, 330, 331, 332, 333, 334, 335, 336, 337, 338, 339, 340, 341, 342, 343, 344, 345, 346, 347, 348, 349, 350, 351, 352, 353, 354, 355, 356, 357, 358, 359, 360, 361, 362, 363, 364, 365, 366, 367, 368, 369, 370, 371, 372, 373, 374, 375, 376, 377, 378, 379, 380, 381, 382, 383, 384, 385, 386, 387, 388, 389, 390, 391, 392, 393, 394, 395, 396, 397, 398, 399, 400, 401, 402, 403, 404, 405, 406, 407, 408, 409, 410, 411, 412, 413, 414, 415, 416, 417, 418, 419, 420, 421, 422, 423, 424, 425, 426, 427, 428, 429, 430, 431, 432, 433, 434, 435, 436, 437, 438, 439, 440, 441, 442, 443, 444, 445, 446, 447, 448, 449, 450, 451, 452, 453, 454, 455, 456, 457, 458, 459, 460, 461, 462, 463, 464, 465, 466, 467, 468, 469, 470, 471, 472, 473, 474, 475, 476, 477, 478, 479, 480, 481, 482, 483, 484, 485, 486, 487, 488, 489, 490, 491, 492, 493, 494, 495, 496, 497, 498, 499, 500, 501, 502, 503, 504, 505, 506, 507, 508, 509, 510, 511, 512, 513, 514, 515, 516, 517, 518], "LargestImagePixelValue": [32800, 31702, 31671, 31546, 31373, 31262, 31956, 31853, 31090, 30865, 30953, 30915, 31497, 32216, 31398, 31147, 30987, 31380, 31386, 31857, 31173, 30934, 31288, 31064, 31118, 31869, 32082, 31593, 30939, 31172, 31075, 31233, 32090, 31423, 31088, 30964, 31134, 31075, 30971, 31612, 31724, 30935, 31038, 31203, 31058, 31386, 31136, 32037, 31796, 31289, 31097, 31026, 31294, 31220, 31656, 32010, 31298, 30908, 31290, 30969, 31649, 31680, 31207, 30890, 30920, 31193, 31384, 31368, 31709, 31403, 30775, 31003, 31241, 31500, 32111, 31804, 31256, 31113, 31219, 30955, 31071, 31478, 31558, 31676, 31416, 31132, 31112, 31264, 32110, 31342, 30999, 30873, 30908, 30982, 30954, 32045, 31932, 30930, 31066, 31164, 31120, 31556, 32003, 31461, 31055, 30938, 31126, 31384, 32001, 32597, 31155, 31347, 31085, 31149, 31350, 31688, 31967, 31137, 31056, 31162, 31043, 32180, 31536, 31275, 31075, 31102, 32111, 31885, 31103, 31094, 31067, 31152, 31312, 32034, 31615, 31242, 31322, 30954, 31165, 31228, 31854, 31691, 31223, 31247, 31523, 31801, 31267, 30986, 31112, 31145, 31059, 31818, 31718, 31219, 31126, 31258, 31738, 31896, 31204, 31124, 31419, 30937, 31494, 31944, 31510, 31156, 31098, 31376, 31034, 31514, 31785, 31230, 31067, 31126, 31322, 31238, 31228, 31829, 31787, 32357, 30922, 31241, 31001, 31408, 31957, 31539, 31000, 30968, 31225, 31127, 30926, 31849, 31965, 31012, 30813, 31021, 30917, 31141, 31969, 31191, 31606, 31264, 33201, 32143, 32146, 32314, 31166, 30902, 31149, 30995, 31094, 31217, 30945, 30997, 31343, 31316, 31420, 31147, 31134, 31972, 31203, 31600, 32026, 31327, 31093, 31038, 30959, 31089, 31139, 31268, 31682, 31613, 31019, 31036, 31170, 31225, 31136, 31141, 31582, 31788, 31201, 31208, 31119, 31053, 31184, 31006, 31283, 30925, 30931, 31814, 31855, 31246, 30749, 31162, 30936, 30866, 31457, 32025, 31288, 30845, 30931, 30760, 31539, 31759, 31124, 30754, 30927, 30658, 30778, 30955, 31819, 31768, 31238, 30718, 31106, 30959, 31085, 31943, 31044, 30738, 30896, 30940, 31006, 31816, 31134, 30942, 30872, 30819, 30905, 31528, 31648, 30974, 30722, 30722, 30668, 30754, 30936, 31254, 30821, 30637, 30977, 30827, 31597, 31378, 30950, 30762, 30819, 31036, 31169, 31770, 31273, 30814, 30895, 30810, 30732, 31307, 31461, 31047, 30732, 30791, 31001, 30796, 30874, 31580, 31505, 30888, 30905, 30776, 31016, 31421, 31337, 30806, 30591, 31036, 30986, 31691, 31336, 30839, 30696, 31105, 30829, 31651, 30883, 30923, 32578, 33588, 32083, 31844, 30996, 30364, 30518, 30527, 30528, 31005, 31179, 31045, 30284, 30453, 30609, 30656, 30547, 30901, 30685, 30879, 30911, 30846, 30773, 30896, 31451, 30922, 30579, 31054, 31058, 30901, 30914, 30959, 31019, 31501, 30960, 30437, 30601, 30924, 30949, 30930, 31328, 31514, 30674, 30823, 30678, 30993, 30987, 31223, 31437, 30952, 30881, 30777, 30796, 30961, 31274, 31446, 31434, 30646, 30770, 30616, 31073, 31484, 31017, 30808, 31041, 30688, 30733, 30802, 31463, 31209, 30686, 30836, 30560, 30555, 31219, 31432, 30759, 30726, 30601, 30738, 30588, 30837, 31267, 31324, 30597, 30659, 30866, 30647, 30980, 31222, 31098, 32962, 30422, 30878, 30791, 30778, 30885, 31360, 31109, 30587, 30477, 30564, 30638, 31229, 31234, 30704, 30548, 30706, 30567, 31217, 31064, 30729, 30494, 30434, 30464, 30995, 31309, 30486, 30374, 30703, 30471, 30940, 30583, 30280, 30031, 30208, 30797, 30424, 30085, 30020, 30105, 30056, 30625, 31046, 29897, 29983, 30020, 30016, 30184, 30891, 30449, 30187, 29996, 30136, 30271, 30120, 30905, 30312, 30017, 30034, 30202, 29931, 30829, 30467, 29938, 30078, 29945, 30444, 30326, 29901, 29967, 29975, 30104, 30427, 29764, 29757, 30051, 29875, 30079, 30257, 29856, 29792, 29895, 29784], "WindowCenter": [10194.0, 10171.0, 10168.0, 10158.0, 10152.0, 10144.0, 10182.0, 10199.0, 10206.0, 10194.0, 10192.0, 10169.0, 10174.0, 10192.0, 10197.0, 10185.0, 10175.0, 10169.0, 10184.0, 10172.0, 10172.0, 10187.0, 10169.0, 10167.0, 10160.0, 10163.0, 10171.0, 10169.0, 10163.0, 10155.0, 10150.0, 10151.0, 10175.0, 10155.0, 10183.0, 10182.0, 10190.0, 10170.0, 10177.0, 10191.0, 10171.0, 10173.0, 10173.0, 10168.0, 10164.0, 10180.0, 10172.0, 10193.0, 10192.0, 10193.0, 10170.0, 10159.0, 10174.0, 10168.0, 10167.0, 10177.0, 10174.0, 10178.0, 10185.0, 10179.0, 10183.0, 10189.0, 10164.0, 10190.0, 10194.0, 10198.0, 10187.0, 10183.0, 10201.0, 10190.0, 10193.0, 10190.0, 10165.0, 10187.0, 10186.0, 10189.0, 10169.0, 10170.0, 10163.0, 10169.0, 10151.0, 10173.0, 10178.0, 10176.0, 10182.0, 10175.0, 10174.0, 10182.0, 10188.0, 10200.0, 10200.0, 10173.0, 10183.0, 10179.0, 10178.0, 10192.0, 10193.0, 10191.0, 10193.0, 10183.0, 10193.0, 10194.0, 10196.0, 10194.0, 10195.0, 10207.0, 10187.0, 10191.0, 10192.0, 10175.0, 10174.0, 10169.0, 10158.0, 10160.0, 10153.0, 10177.0, 10190.0, 10170.0, 10172.0, 10187.0, 10193.0, 10190.0, 10181.0, 10204.0, 10186.0, 10178.0, 10180.0, 10192.0, 10185.0, 10196.0, 10191.0, 10184.0, 10176.0, 10182.0, 10167.0, 10167.0, 10188.0, 10172.0, 10180.0, 10173.0, 10190.0, 10181.0, 10187.0, 10195.0, 10192.0, 10167.0, 10184.0, 10178.0, 10193.0, 10188.0, 10201.0, 10193.0, 10189.0, 10191.0, 10181.0, 10183.0, 10176.0, 10182.0, 10177.0, 10176.0, 10191.0, 10184.0, 10190.0, 10195.0, 10180.0, 10197.0, 10206.0, 10195.0, 10167.0, 10163.0, 10182.0, 10179.0, 10189.0, 10197.0, 10208.0, 10207.0, 10202.0, 10198.0, 10188.0, 10198.0, 10180.0, 10182.0, 10177.0, 10185.0, 10204.0, 10196.0, 10181.0, 10180.0, 10174.0, 10175.0, 10192.0, 10215.0, 10216.0, 10219.0, 10201.0, 10196.0, 10195.0, 10198.0, 10223.0, 10208.0, 10209.0, 10202.0, 10279.0, 10233.0, 10240.0, 10223.0, 10213.0, 10209.0, 10206.0, 10186.0, 10192.0, 10202.0, 10224.0, 10236.0, 10226.0, 10203.0, 10205.0, 10197.0, 10184.0, 10189.0, 10162.0, 10167.0, 10164.0, 10157.0, 10162.0, 10168.0, 10176.0, 10178.0, 10192.0, 10198.0, 10214.0, 10192.0, 10213.0, 10208.0, 10191.0, 10197.0, 10189.0, 10194.0, 10200.0, 10204.0, 10217.0, 10209.0, 10191.0, 10201.0, 10191.0, 10202.0, 10203.0, 10205.0, 10202.0, 10193.0, 10208.0, 10206.0, 10211.0, 10203.0, 10213.0, 10213.0, 10217.0, 10232.0, 10231.0, 10231.0, 10215.0, 10211.0, 10214.0, 10222.0, 10203.0, 10211.0, 10214.0, 10197.0, 10205.0, 10195.0, 10201.0, 10212.0, 10216.0, 10210.0, 10239.0, 10230.0, 10228.0, 10231.0, 10215.0, 10218.0, 10214.0, 10201.0, 10190.0, 10210.0, 10205.0, 10199.0, 10196.0, 10191.0, 10174.0, 10190.0, 10186.0, 10198.0, 10207.0, 10217.0, 10210.0, 10211.0, 10207.0, 10219.0, 10218.0, 10206.0, 10215.0, 10200.0, 10217.0, 10219.0, 10202.0, 10213.0, 10194.0, 10201.0, 10212.0, 10213.0, 10207.0, 10218.0, 10226.0, 10213.0, 10217.0, 10217.0, 10206.0, 10211.0, 10213.0, 10207.0, 10212.0, 10202.0, 10193.0, 10217.0, 10220.0, 10226.0, 10227.0, 10215.0, 10221.0, 10230.0, 10229.0, 10233.0, 10240.0, 10241.0, 10245.0, 10233.0, 10227.0, 10229.0, 10231.0, 10228.0, 10235.0, 10232.0, 10238.0, 10228.0, 10267.0, 10300.0, 10228.0, 10251.0, 10239.0, 10230.0, 10225.0, 10213.0, 10206.0, 10215.0, 10224.0, 10229.0, 10230.0, 10223.0, 10205.0, 10219.0, 10200.0, 10220.0, 10213.0, 10210.0, 10204.0, 10206.0, 10200.0, 10180.0, 10195.0, 10197.0, 10182.0, 10196.0, 10189.0, 10201.0, 10196.0, 10192.0, 10213.0, 10235.0, 10220.0, 10217.0, 10227.0, 10225.0, 10224.0, 10228.0, 10243.0, 10249.0, 10238.0, 10238.0, 10231.0, 10226.0, 10241.0, 10237.0, 10246.0, 10238.0, 10251.0, 10243.0, 10232.0, 10223.0, 10240.0, 10238.0, 10245.0, 10227.0, 10244.0, 10222.0, 10239.0, 10227.0, 10235.0, 10247.0, 10233.0, 10243.0, 10241.0, 10229.0, 10248.0, 10254.0, 10218.0, 10233.0, 10217.0, 10225.0, 10209.0, 10220.0, 10212.0, 10228.0, 10227.0, 10221.0, 10217.0, 10216.0, 10228.0, 10253.0, 10245.0, 10247.0, 10260.0, 10253.0, 10251.0, 10239.0, 10248.0, 10235.0, 10235.0, 10226.0, 10228.0, 10227.0, 10224.0, 10239.0, 10248.0, 10234.0, 10241.0, 10227.0, 10223.0, 10234.0, 10231.0, 10233.0, 10220.0, 10231.0, 10240.0, 10233.0, 10233.0, 10238.0, 10244.0, 10238.0, 10233.0, 10231.0, 10239.0, 10239.0, 10245.0, 10236.0, 10227.0, 10234.0, 10222.0, 10228.0, 10238.0, 10254.0, 10248.0, 10236.0, 10236.0, 10234.0, 10231.0, 10236.0, 10246.0, 10237.0, 10248.0, 10244.0, 10231.0, 10229.0, 10232.0, 10238.0, 10238.0, 10233.0, 10238.0, 10247.0, 10226.0, 10226.0, 10235.0, 10236.0, 10237.0, 10241.0, 10234.0, 10247.0, 10235.0, 10244.0, 10244.0, 10261.0, 10256.0, 10249.0, 10232.0, 10231.0, 10248.0, 10250.0, 10229.0, 10248.0, 10248.0, 10236.0, 10253.0, 10246.0, 10242.0, 10256.0, 10254.0, 10250.0, 10244.0, 10237.0], "WindowWidth": [21842.0, 21783.0, 21768.0, 21741.0, 21732.0, 21720.0, 21806.0, 21853.0, 21858.0, 21831.0, 21827.0, 21779.0, 21790.0, 21831.0, 21836.0, 21810.0, 21788.0, 21777.0, 21800.0, 21785.0, 21781.0, 21810.0, 21777.0, 21767.0, 21754.0, 21760.0, 21779.0, 21771.0, 21757.0, 21738.0, 21725.0, 21727.0, 21783.0, 21748.0, 21800.0, 21800.0, 21818.0, 21776.0, 21791.0, 21825.0, 21785.0, 21785.0, 21781.0, 21770.0, 21758.0, 21794.0, 21783.0, 21833.0, 21830.0, 21829.0, 21778.0, 21753.0, 21778.0, 21765.0, 21770.0, 21795.0, 21787.0, 21792.0, 21808.0, 21795.0, 21808.0, 21822.0, 21772.0, 21822.0, 21832.0, 21837.0, 21815.0, 21810.0, 21852.0, 21828.0, 21834.0, 21823.0, 21769.0, 21809.0, 21813.0, 21819.0, 21773.0, 21777.0, 21761.0, 21770.0, 21736.0, 21777.0, 21796.0, 21793.0, 21802.0, 21789.0, 21790.0, 21808.0, 21825.0, 21847.0, 21842.0, 21786.0, 21807.0, 21795.0, 21796.0, 21832.0, 21840.0, 21825.0, 21828.0, 21808.0, 21829.0, 21835.0, 21846.0, 21841.0, 21842.0, 21862.0, 21820.0, 21819.0, 21827.0, 21791.0, 21782.0, 21772.0, 21746.0, 21751.0, 21739.0, 21792.0, 21829.0, 21781.0, 21785.0, 21815.0, 21829.0, 21830.0, 21811.0, 21851.0, 21815.0, 21798.0, 21802.0, 21832.0, 21813.0, 21838.0, 21827.0, 21811.0, 21789.0, 21807.0, 21775.0, 21770.0, 21814.0, 21779.0, 21796.0, 21782.0, 21822.0, 21809.0, 21816.0, 21831.0, 21823.0, 21771.0, 21806.0, 21793.0, 21827.0, 21823.0, 21847.0, 21832.0, 21830.0, 21824.0, 21800.0, 21805.0, 21787.0, 21803.0, 21790.0, 21792.0, 21823.0, 21808.0, 21822.0, 21835.0, 21808.0, 21840.0, 21859.0, 21836.0, 21776.0, 21764.0, 21804.0, 21798.0, 21821.0, 21842.0, 21867.0, 21858.0, 21850.0, 21839.0, 21821.0, 21832.0, 21797.0, 21799.0, 21795.0, 21813.0, 21861.0, 21841.0, 21805.0, 21803.0, 21789.0, 21791.0, 21828.0, 21884.0, 21891.0, 21890.0, 21852.0, 21841.0, 21835.0, 21844.0, 21899.0, 21866.0, 21868.0, 21866.0, 22057.0, 21936.0, 21945.0, 21912.0, 21881.0, 21868.0, 21857.0, 21814.0, 21828.0, 21851.0, 21904.0, 21932.0, 21913.0, 21864.0, 21862.0, 21840.0, 21810.0, 21814.0, 21751.0, 21760.0, 21759.0, 21741.0, 21750.0, 21766.0, 21787.0, 21792.0, 21825.0, 21840.0, 21880.0, 21843.0, 21873.0, 21863.0, 21823.0, 21830.0, 21818.0, 21826.0, 21845.0, 21857.0, 21878.0, 21863.0, 21825.0, 21847.0, 21825.0, 21842.0, 21851.0, 21855.0, 21849.0, 21833.0, 21862.0, 21855.0, 21868.0, 21857.0, 21880.0, 21879.0, 21890.0, 21927.0, 21921.0, 21919.0, 21889.0, 21876.0, 21878.0, 21900.0, 21854.0, 21872.0, 21876.0, 21840.0, 21854.0, 21833.0, 21848.0, 21879.0, 21885.0, 21879.0, 21941.0, 21920.0, 21916.0, 21926.0, 21888.0, 21888.0, 21876.0, 21848.0, 21824.0, 21863.0, 21860.0, 21842.0, 21833.0, 21822.0, 21784.0, 21821.0, 21818.0, 21841.0, 21861.0, 21887.0, 21875.0, 21875.0, 21867.0, 21896.0, 21889.0, 21864.0, 21882.0, 21850.0, 21890.0, 21895.0, 21859.0, 21875.0, 21839.0, 21854.0, 21872.0, 21883.0, 21874.0, 21887.0, 21905.0, 21882.0, 21884.0, 21883.0, 21868.0, 21874.0, 21876.0, 21865.0, 21875.0, 21852.0, 21837.0, 21888.0, 21901.0, 21904.0, 21911.0, 21891.0, 21900.0, 21924.0, 21922.0, 21929.0, 21942.0, 21946.0, 21948.0, 21932.0, 21917.0, 21915.0, 21926.0, 21922.0, 21931.0, 21930.0, 21941.0, 21919.0, 22022.0, 22110.0, 21927.0, 21968.0, 21941.0, 21916.0, 21901.0, 21877.0, 21861.0, 21886.0, 21910.0, 21919.0, 21917.0, 21896.0, 21860.0, 21887.0, 21851.0, 21897.0, 21883.0, 21877.0, 21858.0, 21858.0, 21845.0, 21802.0, 21833.0, 21835.0, 21805.0, 21833.0, 21822.0, 21845.0, 21840.0, 21840.0, 21884.0, 21931.0, 21900.0, 21890.0, 21909.0, 21904.0, 21908.0, 21917.0, 21955.0, 21967.0, 21942.0, 21937.0, 21926.0, 21913.0, 21947.0, 21944.0, 21970.0, 21945.0, 21972.0, 21953.0, 21926.0, 21909.0, 21940.0, 21948.0, 21959.0, 21922.0, 21951.0, 21907.0, 21940.0, 21920.0, 21934.0, 21957.0, 21937.0, 21954.0, 21947.0, 21925.0, 21963.0, 21977.0, 21901.0, 21924.0, 21889.0, 21905.0, 21878.0, 21899.0, 21881.0, 21916.0, 21914.0, 21904.0, 21894.0, 21890.0, 21921.0, 21974.0, 21957.0, 21967.0, 21994.0, 21978.0, 21971.0, 21947.0, 21961.0, 21933.0, 21932.0, 21912.0, 21915.0, 21915.0, 21909.0, 21945.0, 21962.0, 21934.0, 21946.0, 21916.0, 21904.0, 21931.0, 21927.0, 21926.0, 21897.0, 21921.0, 21943.0, 21929.0, 21935.0, 21942.0, 21954.0, 21945.0, 21933.0, 21933.0, 21947.0, 21945.0, 21958.0, 21939.0, 21917.0, 21929.0, 21905.0, 21918.0, 21939.0, 21975.0, 21964.0, 21940.0, 21936.0, 21934.0, 21927.0, 21938.0, 21959.0, 21947.0, 21961.0, 21951.0, 21925.0, 21915.0, 21926.0, 21945.0, 21941.0, 21927.0, 21936.0, 21951.0, 21909.0, 21910.0, 21939.0, 21938.0, 21938.0, 21949.0, 21932.0, 21957.0, 21939.0, 21959.0, 21957.0, 21991.0, 21980.0, 21966.0, 21928.0, 21927.0, 21963.0, 21966.0, 21923.0, 21963.0, 21961.0, 21942.0, 21978.0, 21967.0, 21956.0, 21986.0, 21976.0, 21970.0, 21951.0, 21937.0]}, "slices": {}}}