{"AcquisitionMatrixPE": 96, "AcquisitionNumber": 1, "AcquisitionTime": "17:08:24.580000", "BandwidthPerPixelPhaseEncode": 33.602, "BaseResolution": 96, "BodyPartExamined": "BRAIN", "ConsistencyInfo": "N4_VD11D_LATEST_20110129", "ConversionSoftware": "dcm2niix", "ConversionSoftwareVersion": "v1.0.20210317", "DerivedVendorReportedEchoSpacing": 0.000620003, "DeviceSerialNumber": "45239", "DwellTime": 2.6e-06, "EchoTime": 0.036, "EchoTrainLength": 48, "EffectiveEchoSpacing": 0.000310001, "FlipAngle": 90, "ImageOrientationPatientDICOM": [0.998504, 0.013855, 0.052895, 0.0207413, 0.799096, -0.600846], "ImageType": ["ORIGINAL", "PRIMARY", "M", "ND", "NORM", "MOSAIC"], "ImagingFrequency": 123.193, "InPlanePhaseEncodingDirectionDICOM": "COL", "InstitutionAddress": "E 24th St. 100,Austin,Southmiddle,US,78712", "InstitutionName": "Univ of Texas at Austin", "InstitutionalDepartmentName": "IRC", "MRAcquisitionType": "2D", "MagneticFieldStrength": 3, "Manufacturer": "Siemens", "ManufacturersModelName": "Skyra", "Modality": "MR", "ParallelReductionFactorInPlane": 2, "PartialFourier": 1, "PatientPosition": "HFS", "PercentPhaseFOV": 100, "PercentSampling": 100, "PhaseEncodingDirection": "j", "PhaseEncodingSteps": 96, "PhaseResolution": 1, "PixelBandwidth": 2005, "ProcedureStepDescription": "Poldrack2^self-scanning", "ProtocolName": "MB-SE_FieldMap_P-A", "PulseSequenceDetails": "%CustomerSeq%\\cmrr_mbep2d_se", "ReceiveCoilActiveElements": "HEA;HEP", "ReceiveCoilName": "Head_32", "ReconMatrixPE": 96, "RefLinesPE": 48, "RepetitionTime": 4.55, "SAR": 0.348176, "ScanOptions": "FS", "ScanningSequence": "EP", "SequenceName": "epse2d1_96", "SequenceVariant": "SK", "SeriesDescription": "MB-SE_FieldMap_P-A", "SeriesNumber": 7, "ShimSetting": [-2781, 8107, -15449, 163, -253, 186, 82, -90], "SliceThickness": 2, "SliceTiming": [2.275, 0, 2.3425, 0.0675, 2.41, 0.135, 2.475, 0.2, 2.5425, 0.2675, 2.61, 0.335, 2.6775, 0.4025, 2.7425, 0.47, 2.81, 0.535, 2.8775, 0.6025, 2.945, 0.67, 3.01, 0.7375, 3.0775, 0.8025, 3.145, 0.87, 3.2125, 0.9375, 3.2775, 1.005, 3.345, 1.07, 3.4125, 1.1375, 3.48, 1.205, 3.545, 1.2725, 3.6125, 1.3375, 3.68, 1.405, 3.7475, 1.4725, 3.815, 1.54, 3.88, 1.605, 3.9475, 1.6725, 4.015, 1.74, 4.0825, 1.8075, 4.1475, 1.8725, 4.215, 1.94, 4.2825, 2.0075, 4.35, 2.075, 4.415, 2.1425, 4.4825, 2.2075], "SoftwareVersions": "syngo MR D11", "SpacingBetweenSlices": 2.4, "StationName": "AWP45239", "TotalReadoutTime": 0.0294501, "TxRefAmp": 337.722, "WipMemBlock": "be416507-8edf-4b67-a967-9ae7bd1a8cf2||Sequence: VD11D r196; Dec  8 2012 22:11:06 by IDEA", "dcmmeta_affine": [[-2.3922488689422607, 0.049692705273628235, 0.12142306566238403, 111.51145935058594], [-0.03319437429308891, 1.9144998788833618, -1.4425063133239746, -62.928192138671875], [0.12672770023345947, 1.4395270347595215, 1.9142706394195557, -97.87064361572266], [0.0, 0.0, 0.0, 1.0]], "dcmmeta_reorient_transform": [[0.0, -1.0, 0.0, 95.0], [1.0, 0.0, 0.0, 0.0], [0.0, 0.0, 1.0, 0.0], [0.0, 0.0, 0.0, 1.0]], "dcmmeta_shape": [96, 96, 68, 5], "dcmmeta_slice_dim": 2, "dcmmeta_version": 0.6, "global": {"const": {"AcquisitionMatrix": [96, 0, 0, 96], "AngioFlag": "N", "BitsAllocated": 16, "BitsStored": 16, "BodyPartExamined": "BRAIN", "Columns": 864, "ContentTime": "170845.875000", "EchoNumbers": 1, "EchoTime": 36.0, "EchoTrainLength": 48, "FlipAngle": 90.0, "HighBit": 15, "ImageOrientationPatient": [0.99850395710658, 0.0138550431959, 0.05289504154958, 0.02074130400083, 0.79909560671465, -0.6008460781579], "ImagePositionPatient": [-1053.9378737855, -866.86386522122, 542.99935641482], "ImageType": ["ORIGINAL", "PRIMARY", "M", "ND", "NORM", "MOSAIC"], "ImagedNucleus": "1H", "ImagingFrequency": 123.193341, "InPlanePhaseEncodingDirection": "COL", "InstanceCreationTime": "170845.875000", "MRAcquisitionType": "2D", "MagneticFieldStrength": 3.0, "Manufacturer": "SIEMENS", "ManufacturerModelName": "Skyra", "Modality": "MR", "NumberOfAverages": 1.0, "NumberOfPhaseEncodingSteps": 96, "PercentPhaseFieldOfView": 100.0, "PercentSampling": 100.0, "PerformedProcedureStepStartTime": "165913.078000", "PhotometricInterpretation": "MONOCHROME2", "PixelBandwidth": 2005.0, "PixelRepresentation": 0, "PixelSpacing": [2.3958332538605, 2.3958332538605], "ProtocolName": "MB-SE_FieldMap_P-A", "RepetitionTime": 4550.0, "Rows": 864, "SAR": 0.34817627757578, "SamplesPerPixel": 1, "ScanOptions": "FS", "ScanningSequence": "EP", "SequenceName": "epse2d1_96", "SequenceVariant": "SK", "SeriesDescription": "MB-SE_FieldMap_P-A", "SeriesNumber": 7, "SeriesTime": "170845.859000", "SliceLocation": -34.59855256713, "SliceThickness": 2.0, "SmallestImagePixelValue": 0, "SoftwareVersions": "syngo MR D11", "SpacingBetweenSlices": 2.4000000375137, "SpecificCharacterSet": "ISO_IR 100", "StudyID": "1", "StudyTime": "165913.031000", "TransmitCoilName": "Body", "VariableFlipAngleFlag": "N", "WindowCenterWidthExplanation": "Algo1", "dBdt": 0.0}, "slices": {}}, "time": {"samples": {"AcquisitionNumber": [1, 2, 3, 4, 5], "AcquisitionTime": ["170824.580000", "170829.130000", "170833.680000", "170838.230000", "170842.780000"], "InstanceNumber": [1, 2, 3, 4, 5], "LargestImagePixelValue": [45408, 45681, 45388, 52378, 44984], "WindowCenter": [7425.0, 7435.0, 7438.0, 7482.0, 7435.0], "WindowWidth": [15834.0, 15863.0, 15871.0, 15928.0, 15865.0]}, "slices": {}}}