{"AcquisitionMatrixPE": 96, "AcquisitionNumber": 1, "AcquisitionTime": "07:41:25.235000", "BandwidthPerPixelPhaseEncode": 33.602, "BaseResolution": 96, "BodyPartExamined": "BRAIN", "ConsistencyInfo": "N4_VD11D_LATEST_20110129", "ConversionSoftware": "dcm2niix", "ConversionSoftwareVersion": "v1.0.20210317", "DerivedVendorReportedEchoSpacing": 0.000620003, "DeviceSerialNumber": "45239", "DwellTime": 2.6e-06, "EchoTime": 0.03, "EchoTrainLength": 48, "EffectiveEchoSpacing": 0.000310001, "FlipAngle": 63, "ImageComments": "Unaliased MB4/PE3", "ImageOrientationPatientDICOM": [0.999607, -0.0251279, 0.012419, 0.0280293, 0.896134, -0.442897], "ImageType": ["ORIGINAL", "PRIMARY", "M", "ND", "NORM", "MOSAIC"], "ImagingFrequency": 123.193, "InPlanePhaseEncodingDirectionDICOM": "COL", "InstitutionAddress": "E 24th St. 100,Austin,Southmiddle,US,78712", "InstitutionName": "Univ of Texas at Austin", "InstitutionalDepartmentName": "IRC", "MRAcquisitionType": "2D", "MagneticFieldStrength": 3, "Manufacturer": "Siemens", "ManufacturersModelName": "Skyra", "Modality": "MR", "MultibandAccelerationFactor": 4, "ParallelReductionFactorInPlane": 2, "PartialFourier": 1, "PatientPosition": "HFS", "PercentPhaseFOV": 100, "PercentSampling": 100, "PhaseEncodingDirection": "j-", "PhaseEncodingSteps": 96, "PhaseResolution": 1, "PixelBandwidth": 2005, "ProcedureStepDescription": "Poldrack2^self-scanning", "ProtocolName": "Resting State fMRI MBEPI_matrix96_BW2004", "PulseSequenceDetails": "%CustomerSeq%\\cmrr_mbep2d_bold", "ReceiveCoilActiveElements": "HEA;HEP", "ReceiveCoilName": "Head_32", "ReconMatrixPE": 96, "RefLinesPE": 94, "RepetitionTime": 1.16, "SAR": 0.0934372, "ScanOptions": "FS", "ScanningSequence": "EP", "SequenceName": "epfid2d1_96", "SequenceVariant": "SK", "SeriesDescription": "Resting State fMRI MBEPI_matrix96_BW2004", "SeriesNumber": 6, "ShimSetting": [-2778, 8056, -15446, 197, -239, 171, 182, -97], "SliceThickness": 2, "SliceTiming": [0, 0.5, 0.9975, 0.3575, 0.855, 0.215, 0.7125, 0.0725, 0.57, 1.07, 0.4275, 0.9275, 0.285, 0.785, 0.1425, 0.6425, 0, 0.5, 0.9975, 0.3575, 0.855, 0.215, 0.7125, 0.0725, 0.57, 1.07, 0.4275, 0.9275, 0.285, 0.785, 0.1425, 0.6425, 0, 0.5, 0.9975, 0.3575, 0.855, 0.215, 0.7125, 0.0725, 0.57, 1.07, 0.4275, 0.9275, 0.285, 0.785, 0.1425, 0.6425, 0, 0.5, 0.9975, 0.3575, 0.855, 0.215, 0.7125, 0.0725, 0.57, 1.07, 0.4275, 0.9275, 0.285, 0.785, 0.1425, 0.6425], "SoftwareVersions": "syngo MR D11", "SpacingBetweenSlices": 2.4, "StationName": "AWP45239", "TaskName": "Resting fmri", "TotalReadoutTime": 0.0294501, "TxRefAmp": 330.642, "WipMemBlock": "670952d0-8a94-471d-a564-92f230175602||Sequence: VD11D r206; Feb 13 2013 18:52:04 by eja", "dcmmeta_affine": [[-2.3948919773101807, 0.06715354323387146, -5.551799020508952e-09, 114.65318298339844], [0.06020224094390869, 2.1469881534576416, -1.063370943069458, -91.51754760742188], [0.0297537948936224, 1.0611076354980469, 2.1515674591064453, -89.59342956542969], [0.0, 0.0, 0.0, 1.0]], "dcmmeta_reorient_transform": [[0.0, -1.0, 0.0, 95.0], [1.0, 0.0, 0.0, 0.0], [0.0, 0.0, 1.0, 0.0], [0.0, 0.0, 0.0, 1.0]], "dcmmeta_shape": [96, 96, 64, 518], "dcmmeta_slice_dim": 2, "dcmmeta_version": 0.6, "global": {"const": {"AcquisitionMatrix": [96, 0, 0, 96], "AngioFlag": "N", "BitsAllocated": 16, "BitsStored": 16, "BodyPartExamined": "BRAIN", "Columns": 768, "EchoNumbers": 1, "EchoTime": 30.0, "EchoTrainLength": 48, "FlipAngle": 63.0, "HighBit": 15, "ImageOrientationPatient": [0.99960710185282, -0.0251278923596, 0.01241897543938, 0.02802930476128, 0.89613420119619, -0.4428971116649], "ImagePositionPatient": [-948.28004908683, -813.60637809643, 357.74668218785], "ImageType": ["ORIGINAL", "PRIMARY", "M", "ND", "NORM", "MOSAIC"], "ImagedNucleus": "1H", "ImagingFrequency": 123.1933, "InPlanePhaseEncodingDirection": "COL", "MRAcquisitionType": "2D", "MagneticFieldStrength": 3.0, "Manufacturer": "SIEMENS", "ManufacturerModelName": "Skyra", "Modality": "MR", "NumberOfAverages": 1.0, "NumberOfPhaseEncodingSteps": 96, "PercentPhaseFieldOfView": 100.0, "PercentSampling": 100.0, "PerformedProcedureStepStartTime": "072405.578000", "PhotometricInterpretation": "MONOCHROME2", "PixelBandwidth": 2005.0, "PixelRepresentation": 0, "PixelSpacing": [2.3958332538605, 2.3958332538605], "ProtocolName": "Resting State fMRI MBEPI_matrix96_BW2004", "RepetitionTime": 1160.0, "Rows": 768, "SAR": 0.09343719406827, "SamplesPerPixel": 1, "ScanOptions": "FS", "ScanningSequence": "EP", "SequenceName": "epfid2d1_96", "SequenceVariant": "SK", "SeriesDescription": "Resting State fMRI MBEPI_matrix96_BW2004", "SeriesNumber": 6, "SeriesTime": "074203.828000", "SliceLocation": -39.770505511133, "SliceThickness": 2.0, "SmallestImagePixelValue": 0, "SoftwareVersions": "syngo MR D11", "SpacingBetweenSlices": 2.4000000631671, "SpecificCharacterSet": "ISO_IR 100", "StudyID": "1", "StudyTime": "072405.546000", "TransmitCoilName": "Body", "VariableFlipAngleFlag": "N", "WindowCenterWidthExplanation": "Algo1", "dBdt": 0.0}, "slices": {}}, "time": {"samples": {"AcquisitionNumber": [1, 2, 3, 4, 5, 6, 7, 8, 9, 10, 11, 12, 13, 14, 15, 16, 17, 18, 19, 20, 21, 22, 23, 24, 25, 26, 27, 28, 29, 30, 31, 32, 33, 34, 35, 36, 37, 38, 39, 40, 41, 42, 43, 44, 45, 46, 47, 48, 49, 50, 51, 52, 53, 54, 55, 56, 57, 58, 59, 60, 61, 62, 63, 64, 65, 66, 67, 68, 69, 70, 71, 72, 73, 74, 75, 76, 77, 78, 79, 80, 81, 82, 83, 84, 85, 86, 87, 88, 89, 90, 91, 92, 93, 94, 95, 96, 97, 98, 99, 100, 101, 102, 103, 104, 105, 106, 107, 108, 109, 110, 111, 112, 113, 114, 115, 116, 117, 118, 119, 120, 121, 122, 123, 124, 125, 126, 127, 128, 129, 130, 131, 132, 133, 134, 135, 136, 137, 138, 139, 140, 141, 142, 143, 144, 145, 146, 147, 148, 149, 150, 151, 152, 153, 154, 155, 156, 157, 158, 159, 160, 161, 162, 163, 164, 165, 166, 167, 168, 169, 170, 171, 172, 173, 174, 175, 176, 177, 178, 179, 180, 181, 182, 183, 184, 185, 186, 187, 188, 189, 190, 191, 192, 193, 194, 195, 196, 197, 198, 199, 200, 201, 202, 203, 204, 205, 206, 207, 208, 209, 210, 211, 212, 213, 214, 215, 216, 217, 218, 219, 220, 221, 222, 223, 224, 225, 226, 227, 228, 229, 230, 231, 232, 233, 234, 235, 236, 237, 238, 239, 240, 241, 242, 243, 244, 245, 246, 247, 248, 249, 250, 251, 252, 253, 254, 255, 256, 257, 258, 259, 260, 261, 262, 263, 264, 265, 266, 267, 268, 269, 270, 271, 272, 273, 274, 275, 276, 277, 278, 279, 280, 281, 282, 283, 284, 285, 286, 287, 288, 289, 290, 291, 292, 293, 294, 295, 296, 297, 298, 299, 300, 301, 302, 303, 304, 305, 306, 307, 308, 309, 310, 311, 312, 313, 314, 315, 316, 317, 318, 319, 320, 321, 322, 323, 324, 325, 326, 327, 328, 329, 330, 331, 332, 333, 334, 335, 336, 337, 338, 339, 340, 341, 342, 343, 344, 345, 346, 347, 348, 349, 350, 351, 352, 353, 354, 355, 356, 357, 358, 359, 360, 361, 362, 363, 364, 365, 366, 367, 368, 369, 370, 371, 372, 373, 374, 375, 376, 377, 378, 379, 380, 381, 382, 383, 384, 385, 386, 387, 388, 389, 390, 391, 392, 393, 394, 395, 396, 397, 398, 399, 400, 401, 402, 403, 404, 405, 406, 407, 408, 409, 410, 411, 412, 413, 414, 415, 416, 417, 418, 419, 420, 421, 422, 423, 424, 425, 426, 427, 428, 429, 430, 431, 432, 433, 434, 435, 436, 437, 438, 439, 440, 441, 442, 443, 444, 445, 446, 447, 448, 449, 450, 451, 452, 453, 454, 455, 456, 457, 458, 459, 460, 461, 462, 463, 464, 465, 466, 467, 468, 469, 470, 471, 472, 473, 474, 475, 476, 477, 478, 479, 480, 481, 482, 483, 484, 485, 486, 487, 488, 489, 490, 491, 492, 493, 494, 495, 496, 497, 498, 499, 500, 501, 502, 503, 504, 505, 506, 507, 508, 509, 510, 511, 512, 513, 514, 515, 516, 517, 518], "AcquisitionTime": ["074125.235000", "074154.232500", "074155.392500", "074156.552500", "074157.712500", "074158.872500", "074200.032500", "074201.192500", "074202.352500", "074203.512500", "074204.672500", "074205.832500", "074206.992500", "074208.152500", "074209.312500", "074210.472500", "074211.635000", "074212.795000", "074213.955000", "074215.115000", "074216.275000", "074217.435000", "074218.595000", "074219.755000", "074220.915000", "074222.075000", "074223.235000", "074224.395000", "074225.555000", "074226.715000", "074227.875000", "074229.035000", "074230.195000", "074231.355000", "074232.515000", "074233.675000", "074234.835000", "074235.995000", "074237.155000", "074238.315000", "074239.475000", "074240.635000", "074241.795000", "074242.955000", "074244.115000", "074245.275000", "074246.435000", "074247.595000", "074248.755000", "074249.915000", "074251.075000", "074252.235000", "074253.395000", "074254.555000", "074255.715000", "074256.875000", "074258.035000", "074259.195000", "074300.355000", "074301.515000", "074302.675000", "074303.835000", "074304.995000", "074306.155000", "074307.315000", "074308.475000", "074309.635000", "074310.795000", "074311.955000", "074313.115000", "074314.275000", "074315.435000", "074316.595000", "074317.755000", "074318.915000", "074320.075000", "074321.235000", "074322.395000", "074323.555000", "074324.715000", "074325.875000", "074327.035000", "074328.195000", "074329.355000", "074330.515000", "074331.675000", "074332.835000", "074333.995000", "074335.155000", "074336.315000", "074337.475000", "074338.635000", "074339.795000", "074340.955000", "074342.115000", "074343.275000", "074344.435000", "074345.595000", "074346.755000", "074347.915000", "074349.075000", "074350.235000", "074351.395000", "074352.555000", "074353.715000", "074354.875000", "074356.035000", "074357.195000", "074358.355000", "074359.515000", "074400.675000", "074401.835000", "074402.995000", "074404.155000", "074405.315000", "074406.475000", "074407.635000", "074408.795000", "074409.955000", "074411.115000", "074412.275000", "074413.435000", "074414.595000", "074415.755000", "074416.915000", "074418.075000", "074419.235000", "074420.395000", "074421.555000", "074422.715000", "074423.875000", "074425.035000", "074426.195000", "074427.355000", "074428.515000", "074429.675000", "074430.835000", "074431.995000", "074433.155000", "074434.315000", "074435.475000", "074436.635000", "074437.795000", "074438.955000", "074440.115000", "074441.275000", "074442.435000", "074443.595000", "074444.755000", "074445.915000", "074447.075000", "074448.235000", "074449.395000", "074450.555000", "074451.715000", "074452.875000", "074454.035000", "074455.195000", "074456.355000", "074457.515000", "074458.675000", "074459.835000", "074500.995000", "074502.155000", "074503.315000", "074504.475000", "074505.635000", "074506.795000", "074507.955000", "074509.115000", "074510.275000", "074511.435000", "074512.595000", "074513.755000", "074514.915000", "074516.075000", "074517.235000", "074518.395000", "074519.555000", "074520.715000", "074521.875000", "074523.035000", "074524.195000", "074525.355000", "074526.515000", "074527.675000", "074528.835000", "074529.995000", "074531.155000", "074532.315000", "074533.475000", "074534.635000", "074535.795000", "074536.955000", "074538.115000", "074539.275000", "074540.435000", "074541.595000", "074542.755000", "074543.915000", "074545.075000", "074546.235000", "074547.395000", "074548.555000", "074549.715000", "074550.875000", "074552.035000", "074553.195000", "074554.355000", "074555.515000", "074556.675000", "074557.835000", "074558.995000", "074600.155000", "074601.315000", "074602.475000", "074603.635000", "074604.795000", "074605.955000", "074607.115000", "074608.275000", "074609.435000", "074610.595000", "074611.755000", "074612.915000", "074614.075000", "074615.235000", "074616.395000", "074617.555000", "074618.715000", "074619.875000", "074621.035000", "074622.195000", "074623.355000", "074624.515000", "074625.675000", "074626.835000", "074627.995000", "074629.155000", "074630.315000", "074631.475000", "074632.635000", "074633.795000", "074634.955000", "074636.115000", "074637.275000", "074638.435000", "074639.595000", "074640.755000", "074641.915000", "074643.075000", "074644.235000", "074645.395000", "074646.555000", "074647.715000", "074648.875000", "074650.035000", "074651.195000", "074652.355000", "074653.515000", "074654.675000", "074655.835000", "074656.995000", "074658.155000", "074659.315000", "074700.475000", "074701.637500", "074702.797500", "074703.957500", "074705.117500", "074706.277500", "074707.437500", "074708.597500", "074709.757500", "074710.917500", "074712.077500", "074713.237500", "074714.397500", "074715.557500", "074716.717500", "074717.877500", "074719.037500", "074720.197500", "074721.357500", "074722.517500", "074723.677500", "074724.837500", "074725.997500", "074727.157500", "074728.317500", "074729.477500", "074730.637500", "074731.797500", "074732.957500", "074734.117500", "074735.277500", "074736.437500", "074737.597500", "074738.757500", "074739.917500", "074741.077500", "074742.237500", "074743.397500", "074744.557500", "074745.717500", "074746.877500", "074748.037500", "074749.197500", "074750.357500", "074751.517500", "074752.677500", "074753.837500", "074754.997500", "074756.157500", "074757.317500", "074758.477500", "074759.637500", "074800.797500", "074801.957500", "074803.117500", "074804.277500", "074805.437500", "074806.597500", "074807.757500", "074808.917500", "074810.077500", "074811.237500", "074812.397500", "074813.557500", "074814.717500", "074815.877500", "074817.037500", "074818.197500", "074819.357500", "074820.517500", "074821.677500", "074822.837500", "074823.997500", "074825.157500", "074826.317500", "074827.477500", "074828.637500", "074829.797500", "074830.957500", "074832.117500", "074833.277500", "074834.437500", "074835.597500", "074836.757500", "074837.917500", "074839.077500", "074840.237500", "074841.397500", "074842.557500", "074843.717500", "074844.877500", "074846.037500", "074847.197500", "074848.357500", "074849.517500", "074850.677500", "074851.837500", "074852.997500", "074854.157500", "074855.317500", "074856.477500", "074857.637500", "074858.797500", "074859.957500", "074901.117500", "074902.277500", "074903.437500", "074904.597500", "074905.757500", "074906.917500", "074908.077500", "074909.237500", "074910.397500", "074911.557500", "074912.717500", "074913.877500", "074915.037500", "074916.197500", "074917.357500", "074918.517500", "074919.677500", "074920.837500", "074921.997500", "074923.157500", "074924.317500", "074925.477500", "074926.637500", "074927.797500", "074928.957500", "074930.117500", "074931.277500", "074932.437500", "074933.597500", "074934.757500", "074935.917500", "074937.077500", "074938.237500", "074939.397500", "074940.557500", "074941.717500", "074942.877500", "074944.037500", "074945.197500", "074946.357500", "074947.517500", "074948.677500", "074949.837500", "074950.997500", "074952.157500", "074953.317500", "074954.477500", "074955.637500", "074956.797500", "074957.957500", "074959.117500", "075000.277500", "075001.437500", "075002.597500", "075003.757500", "075004.917500", "075006.077500", "075007.237500", "075008.397500", "075009.557500", "075010.717500", "075011.877500", "075013.037500", "075014.197500", "075015.357500", "075016.517500", "075017.677500", "075018.837500", "075019.997500", "075021.157500", "075022.317500", "075023.477500", "075024.637500", "075025.797500", "075026.957500", "075028.117500", "075029.277500", "075030.437500", "075031.597500", "075032.757500", "075033.917500", "075035.077500", "075036.237500", "075037.397500", "075038.557500", "075039.717500", "075040.877500", "075042.037500", "075043.197500", "075044.357500", "075045.517500", "075046.677500", "075047.837500", "075048.997500", "075050.157500", "075051.317500", "075052.477500", "075053.637500", "075054.797500", "075055.957500", "075057.117500", "075058.277500", "075059.437500", "075100.597500", "075101.757500", "075102.917500", "075104.077500", "075105.237500", "075106.397500", "075107.557500", "075108.717500", "075109.877500", "075111.037500", "075112.197500", "075113.357500", "075114.517500", "075115.677500", "075116.837500", "075117.997500", "075119.157500", "075120.317500", "075121.477500", "075122.637500", "075123.797500", "075124.957500", "075126.117500", "075127.277500", "075128.437500", "075129.597500", "075130.757500", "075131.917500", "075133.077500", "075134.237500", "075135.397500", "075136.557500", "075137.717500", "075138.877500", "075140.037500", "075141.197500", "075142.357500", "075143.517500", "075144.677500", "075145.837500", "075146.997500", "075148.157500", "075149.317500", "075150.477500", "075151.640000", "075152.800000"], "ContentTime": ["074203.828000", "074212.671000", "074212.671000", "074212.687000", "074212.687000", "074212.687000", "074212.687000", "074212.687000", "074217.671000", "074217.671000", "074217.687000", "074217.687000", "074222.671000", "074222.671000", "074222.687000", "074227.671000", "074227.671000", "074227.687000", "074227.687000", "074232.671000", "074232.671000", "074232.687000", "074237.671000", "074237.687000", "074237.687000", "074237.687000", "074242.671000", "074242.671000", "074242.687000", "074242.687000", "074247.671000", "074247.671000", "074247.687000", "074247.687000", "074252.671000", "074252.671000", "074252.687000", "074257.671000", "074257.671000", "074257.687000", "074257.687000", "074302.671000", "074302.671000", "074302.687000", "074302.687000", "074307.671000", "074307.671000", "074307.687000", "074307.687000", "074312.671000", "074312.671000", "074312.687000", "074317.671000", "074317.671000", "074317.687000", "074317.687000", "074322.671000", "074322.671000", "074322.687000", "074322.687000", "074327.671000", "074327.687000", "074327.687000", "074332.671000", "074332.671000", "074332.687000", "074332.687000", "074337.671000", "074337.671000", "074337.687000", "074337.687000", "074342.671000", "074342.671000", "074342.687000", "074342.687000", "074347.671000", "074347.671000", "074347.687000", "074352.671000", "074352.671000", "074352.687000", "074352.687000", "074357.671000", "074357.671000", "074357.687000", "074357.687000", "074402.671000", "074402.671000", "074402.687000", "074402.687000", "074407.671000", "074407.671000", "074407.687000", "074412.671000", "074412.671000", "074412.687000", "074412.687000", "074417.671000", "074417.671000", "074417.687000", "074417.687000", "074422.671000", "074422.671000", "074422.687000", "074427.671000", "074427.671000", "074427.687000", "074427.687000", "074432.671000", "074432.687000", "074432.687000", "074432.687000", "074437.671000", "074437.671000", "074437.687000", "074442.671000", "074442.671000", "074442.687000", "074442.687000", "074447.671000", "074447.671000", "074447.687000", "074447.687000", "074452.671000", "074452.671000", "074452.687000", "074452.687000", "074457.671000", "074457.671000", "074457.687000", "074502.671000", "074502.671000", "074502.687000", "074502.687000", "074507.671000", "074507.671000", "074507.687000", "074512.671000", "074512.687000", "074512.687000", "074512.687000", "074517.671000", "074517.671000", "074517.687000", "074517.687000", "074522.671000", "074522.671000", "074522.687000", "074522.687000", "074527.671000", "074527.671000", "074527.687000", "074532.671000", "074532.671000", "074532.687000", "074532.687000", "074537.671000", "074537.671000", "074537.687000", "074537.687000", "074542.671000", "074542.671000", "074542.687000", "074542.687000", "074547.671000", "074547.671000", "074547.687000", "074547.687000", "074552.671000", "074552.671000", "074552.687000", "074557.671000", "074557.671000", "074557.687000", "074557.703000", "074602.671000", "074602.687000", "074602.687000", "074607.671000", "074607.671000", "074607.687000", "074607.687000", "074612.671000", "074612.671000", "074612.687000", "074612.687000", "074617.671000", "074617.671000", "074617.687000", "074622.671000", "074622.671000", "074622.687000", "074622.687000", "074627.671000", "074627.671000", "074627.687000", "074627.687000", "074632.671000", "074632.671000", "074632.687000", "074637.671000", "074637.671000", "074637.687000", "074637.687000", "074642.671000", "074642.671000", "074642.687000", "074647.671000", "074647.671000", "074647.687000", "074647.687000", "074647.687000", "074652.671000", "074652.671000", "074652.687000", "074657.671000", "074657.671000", "074657.687000", "074657.687000", "074702.671000", "074702.671000", "074702.687000", "074702.687000", "074707.671000", "074707.671000", "074707.687000", "074712.671000", "074712.671000", "074712.687000", "074712.687000", "074717.671000", "074717.671000", "074717.687000", "074717.687000", "074722.671000", "074722.671000", "074722.687000", "074727.671000", "074727.671000", "074727.687000", "074727.687000", "074732.671000", "074732.671000", "074732.687000", "074737.671000", "074737.671000", "074737.687000", "074737.687000", "074742.671000", "074742.671000", "074742.687000", "074747.671000", "074747.687000", "074747.687000", "074747.687000", "074752.671000", "074752.671000", "074752.687000", "074752.687000", "074757.671000", "074757.671000", "074757.687000", "074757.687000", "074802.671000", "074802.671000", "074802.687000", "074807.671000", "074807.671000", "074807.687000", "074807.687000", "074812.671000", "074812.671000", "074812.687000", "074812.687000", "074817.671000", "074817.671000", "074817.687000", "074822.671000", "074822.671000", "074822.687000", "074822.687000", "074827.671000", "074827.671000", "074827.687000", "074827.718000", "074832.671000", "074832.671000", "074832.687000", "074837.671000", "074837.671000", "074837.687000", "074837.687000", "074842.671000", "074842.671000", "074842.687000", "074842.687000", "074847.671000", "074847.671000", "074847.687000", "074847.687000", "074852.671000", "074852.687000", "074852.687000", "074857.671000", "074857.671000", "074857.687000", "074857.687000", "074902.671000", "074902.671000", "074902.687000", "074902.687000", "074907.671000", "074907.671000", "074907.687000", "074912.671000", "074912.671000", "074912.687000", "074912.687000", "074917.671000", "074917.671000", "074917.687000", "074917.687000", "074922.671000", "074922.671000", "074922.687000", "074922.687000", "074927.671000", "074927.671000", "074927.687000", "074932.671000", "074932.671000", "074932.687000", "074932.687000", "074937.671000", "074937.671000", "074937.687000", "074937.687000", "074942.671000", "074942.671000", "074942.687000", "074942.687000", "074947.671000", "074947.671000", "074947.687000", "074952.671000", "074952.671000", "074952.687000", "074952.687000", "074957.671000", "074957.671000", "074957.687000", "074957.687000", "075002.671000", "075002.671000", "075002.687000", "075002.687000", "075007.671000", "075007.671000", "075007.687000", "075012.671000", "075012.687000", "075012.687000", "075012.687000", "075017.671000", "075017.671000", "075017.687000", "075017.687000", "075022.671000", "075022.671000", "075022.687000", "075022.687000", "075027.671000", "075027.671000", "075027.687000", "075032.671000", "075032.671000", "075032.687000", "075032.687000", "075037.671000", "075037.671000", "075037.687000", "075042.671000", "075042.671000", "075042.687000", "075042.687000", "075047.671000", "075047.671000", "075047.687000", "075047.687000", "075052.671000", "075052.671000", "075052.687000", "075057.671000", "075057.671000", "075057.687000", "075057.687000", "075102.671000", "075102.671000", "075102.687000", "075107.671000", "075107.671000", "075107.687000", "075107.687000", "075112.671000", "075112.671000", "075112.687000", "075112.687000", "075117.671000", "075117.671000", "075117.687000", "075122.671000", "075122.671000", "075122.687000", "075122.687000", "075127.671000", "075127.671000", "075127.687000", "075132.671000", "075132.671000", "075132.687000", "075132.687000", "075137.671000", "075137.671000", "075137.687000", "075137.687000", "075142.671000", "075142.671000", "075142.687000", "075147.671000", "075147.671000", "075147.687000", "075147.687000", "075152.671000", "075152.687000", "075152.687000", "075152.687000", "075157.671000", "075157.671000", "075157.687000", "075157.687000", "075202.671000", "075202.671000", "075202.687000", "075202.687000", "075207.671000", "075207.671000", "075207.687000", "075207.687000", "075212.671000", "075212.671000", "075212.687000", "075212.687000", "075217.671000", "075217.671000", "075217.687000", "075217.687000", "075222.671000", "075222.671000", "075222.687000", "075222.687000", "075222.687000", "075227.671000", "075227.671000", "075227.687000", "075232.671000", "075232.671000", "075232.687000", "075232.687000", "075237.671000", "075237.671000", "075237.687000", "075237.687000", "075242.671000", "075242.687000", "075242.687000", "075242.687000", "075247.671000", "075247.671000", "075247.687000", "075247.687000", "075252.671000", "075252.671000", "075252.687000", "075252.687000", "075257.671000", "075257.671000", "075257.687000", "075257.687000", "075302.671000", "075302.671000", "075302.687000", "075302.687000", "075307.671000", "075307.671000", "075307.687000", "075312.671000", "075312.687000", "075312.687000", "075312.687000", "075317.671000", "075317.671000", "075317.687000", "075317.687000", "075322.671000", "075322.671000", "075322.687000", "075322.687000", "075327.671000", "075327.671000", "075327.687000", "075332.671000", "075332.671000", "075332.687000", "075332.687000", "075337.312000", "075337.312000", "075337.312000", "075337.328000"], "InstanceCreationTime": ["074203.828000", "074212.671000", "074212.671000", "074212.687000", "074212.687000", "074212.687000", "074212.687000", "074212.687000", "074217.671000", "074217.671000", "074217.687000", "074217.687000", "074222.671000", "074222.671000", "074222.687000", "074227.671000", "074227.671000", "074227.687000", "074227.687000", "074232.671000", "074232.671000", "074232.687000", "074237.671000", "074237.687000", "074237.687000", "074237.687000", "074242.671000", "074242.671000", "074242.687000", "074242.687000", "074247.671000", "074247.671000", "074247.687000", "074247.687000", "074252.671000", "074252.671000", "074252.687000", "074257.671000", "074257.671000", "074257.687000", "074257.687000", "074302.671000", "074302.671000", "074302.687000", "074302.687000", "074307.671000", "074307.671000", "074307.687000", "074307.687000", "074312.671000", "074312.671000", "074312.687000", "074317.671000", "074317.671000", "074317.687000", "074317.687000", "074322.671000", "074322.671000", "074322.687000", "074322.687000", "074327.671000", "074327.687000", "074327.687000", "074332.671000", "074332.671000", "074332.687000", "074332.687000", "074337.671000", "074337.671000", "074337.687000", "074337.687000", "074342.671000", "074342.671000", "074342.687000", "074342.687000", "074347.671000", "074347.671000", "074347.687000", "074352.671000", "074352.671000", "074352.687000", "074352.687000", "074357.671000", "074357.671000", "074357.687000", "074357.687000", "074402.671000", "074402.671000", "074402.687000", "074402.687000", "074407.671000", "074407.671000", "074407.687000", "074412.671000", "074412.671000", "074412.687000", "074412.687000", "074417.671000", "074417.671000", "074417.687000", "074417.687000", "074422.671000", "074422.671000", "074422.687000", "074427.671000", "074427.671000", "074427.687000", "074427.687000", "074432.671000", "074432.687000", "074432.687000", "074432.687000", "074437.671000", "074437.671000", "074437.687000", "074442.671000", "074442.671000", "074442.687000", "074442.687000", "074447.671000", "074447.671000", "074447.687000", "074447.687000", "074452.671000", "074452.671000", "074452.687000", "074452.687000", "074457.671000", "074457.671000", "074457.687000", "074502.671000", "074502.671000", "074502.687000", "074502.687000", "074507.671000", "074507.671000", "074507.687000", "074512.671000", "074512.687000", "074512.687000", "074512.687000", "074517.671000", "074517.671000", "074517.687000", "074517.687000", "074522.671000", "074522.671000", "074522.687000", "074522.687000", "074527.671000", "074527.671000", "074527.687000", "074532.671000", "074532.671000", "074532.687000", "074532.687000", "074537.671000", "074537.671000", "074537.687000", "074537.687000", "074542.671000", "074542.671000", "074542.687000", "074542.687000", "074547.671000", "074547.671000", "074547.687000", "074547.687000", "074552.671000", "074552.671000", "074552.687000", "074557.671000", "074557.671000", "074557.687000", "074557.703000", "074602.671000", "074602.687000", "074602.687000", "074607.671000", "074607.671000", "074607.687000", "074607.687000", "074612.671000", "074612.671000", "074612.687000", "074612.687000", "074617.671000", "074617.671000", "074617.687000", "074622.671000", "074622.671000", "074622.687000", "074622.687000", "074627.671000", "074627.671000", "074627.687000", "074627.687000", "074632.671000", "074632.671000", "074632.687000", "074637.671000", "074637.671000", "074637.687000", "074637.687000", "074642.671000", "074642.671000", "074642.687000", "074647.671000", "074647.671000", "074647.687000", "074647.687000", "074647.687000", "074652.671000", "074652.671000", "074652.687000", "074657.671000", "074657.671000", "074657.687000", "074657.687000", "074702.671000", "074702.671000", "074702.687000", "074702.687000", "074707.671000", "074707.671000", "074707.687000", "074712.671000", "074712.671000", "074712.687000", "074712.687000", "074717.671000", "074717.671000", "074717.687000", "074717.687000", "074722.671000", "074722.671000", "074722.687000", "074727.671000", "074727.671000", "074727.687000", "074727.687000", "074732.671000", "074732.671000", "074732.687000", "074737.671000", "074737.671000", "074737.687000", "074737.687000", "074742.671000", "074742.671000", "074742.687000", "074747.671000", "074747.687000", "074747.687000", "074747.687000", "074752.671000", "074752.671000", "074752.687000", "074752.687000", "074757.671000", "074757.671000", "074757.687000", "074757.687000", "074802.671000", "074802.671000", "074802.687000", "074807.671000", "074807.671000", "074807.687000", "074807.687000", "074812.671000", "074812.671000", "074812.687000", "074812.687000", "074817.671000", "074817.671000", "074817.687000", "074822.671000", "074822.671000", "074822.687000", "074822.687000", "074827.671000", "074827.671000", "074827.687000", "074827.718000", "074832.671000", "074832.671000", "074832.687000", "074837.671000", "074837.671000", "074837.687000", "074837.687000", "074842.671000", "074842.671000", "074842.687000", "074842.687000", "074847.671000", "074847.671000", "074847.687000", "074847.687000", "074852.671000", "074852.687000", "074852.687000", "074857.671000", "074857.671000", "074857.687000", "074857.687000", "074902.671000", "074902.671000", "074902.687000", "074902.687000", "074907.671000", "074907.671000", "074907.687000", "074912.671000", "074912.671000", "074912.687000", "074912.687000", "074917.671000", "074917.671000", "074917.687000", "074917.687000", "074922.671000", "074922.671000", "074922.687000", "074922.687000", "074927.671000", "074927.671000", "074927.687000", "074932.671000", "074932.671000", "074932.687000", "074932.687000", "074937.671000", "074937.671000", "074937.687000", "074937.687000", "074942.671000", "074942.671000", "074942.687000", "074942.687000", "074947.671000", "074947.671000", "074947.687000", "074952.671000", "074952.671000", "074952.687000", "074952.687000", "074957.671000", "074957.671000", "074957.687000", "074957.687000", "075002.671000", "075002.671000", "075002.687000", "075002.687000", "075007.671000", "075007.671000", "075007.687000", "075012.671000", "075012.687000", "075012.687000", "075012.687000", "075017.671000", "075017.671000", "075017.687000", "075017.687000", "075022.671000", "075022.671000", "075022.687000", "075022.687000", "075027.671000", "075027.671000", "075027.687000", "075032.671000", "075032.671000", "075032.687000", "075032.687000", "075037.671000", "075037.671000", "075037.687000", "075042.671000", "075042.671000", "075042.687000", "075042.687000", "075047.671000", "075047.671000", "075047.687000", "075047.687000", "075052.671000", "075052.671000", "075052.687000", "075057.671000", "075057.671000", "075057.687000", "075057.687000", "075102.671000", "075102.671000", "075102.687000", "075107.671000", "075107.671000", "075107.687000", "075107.687000", "075112.671000", "075112.671000", "075112.687000", "075112.687000", "075117.671000", "075117.671000", "075117.687000", "075122.671000", "075122.671000", "075122.687000", "075122.687000", "075127.671000", "075127.671000", "075127.687000", "075132.671000", "075132.671000", "075132.687000", "075132.687000", "075137.671000", "075137.671000", "075137.687000", "075137.687000", "075142.671000", "075142.671000", "075142.687000", "075147.671000", "075147.671000", "075147.687000", "075147.687000", "075152.671000", "075152.687000", "075152.687000", "075152.687000", "075157.671000", "075157.671000", "075157.687000", "075157.687000", "075202.671000", "075202.671000", "075202.687000", "075202.687000", "075207.671000", "075207.671000", "075207.687000", "075207.687000", "075212.671000", "075212.671000", "075212.687000", "075212.687000", "075217.671000", "075217.671000", "075217.687000", "075217.687000", "075222.671000", "075222.671000", "075222.687000", "075222.687000", "075222.687000", "075227.671000", "075227.671000", "075227.687000", "075232.671000", "075232.671000", "075232.687000", "075232.687000", "075237.671000", "075237.671000", "075237.687000", "075237.687000", "075242.671000", "075242.687000", "075242.687000", "075242.687000", "075247.671000", "075247.671000", "075247.687000", "075247.687000", "075252.671000", "075252.671000", "075252.687000", "075252.687000", "075257.671000", "075257.671000", "075257.687000", "075257.687000", "075302.671000", "075302.671000", "075302.687000", "075302.687000", "075307.671000", "075307.671000", "075307.687000", "075312.671000", "075312.687000", "075312.687000", "075312.687000", "075317.671000", "075317.671000", "075317.687000", "075317.687000", "075322.671000", "075322.671000", "075322.687000", "075322.687000", "075327.671000", "075327.671000", "075327.687000", "075332.671000", "075332.671000", "075332.687000", "075332.687000", "075337.312000", "075337.312000", "075337.312000", "075337.328000"], "InstanceNumber": [1, 2, 3, 4, 5, 6, 7, 8, 9, 10, 11, 12, 13, 14, 15, 16, 17, 18, 19, 20, 21, 22, 23, 24, 25, 26, 27, 28, 29, 30, 31, 32, 33, 34, 35, 36, 37, 38, 39, 40, 41, 42, 43, 44, 45, 46, 47, 48, 49, 50, 51, 52, 53, 54, 55, 56, 57, 58, 59, 60, 61, 62, 63, 64, 65, 66, 67, 68, 69, 70, 71, 72, 73, 74, 75, 76, 77, 78, 79, 80, 81, 82, 83, 84, 85, 86, 87, 88, 89, 90, 91, 92, 93, 94, 95, 96, 97, 98, 99, 100, 101, 102, 103, 104, 105, 106, 107, 108, 109, 110, 111, 112, 113, 114, 115, 116, 117, 118, 119, 120, 121, 122, 123, 124, 125, 126, 127, 128, 129, 130, 131, 132, 133, 134, 135, 136, 137, 138, 139, 140, 141, 142, 143, 144, 145, 146, 147, 148, 149, 150, 151, 152, 153, 154, 155, 156, 157, 158, 159, 160, 161, 162, 163, 164, 165, 166, 167, 168, 169, 170, 171, 172, 173, 174, 175, 176, 177, 178, 179, 180, 181, 182, 183, 184, 185, 186, 187, 188, 189, 190, 191, 192, 193, 194, 195, 196, 197, 198, 199, 200, 201, 202, 203, 204, 205, 206, 207, 208, 209, 210, 211, 212, 213, 214, 215, 216, 217, 218, 219, 220, 221, 222, 223, 224, 225, 226, 227, 228, 229, 230, 231, 232, 233, 234, 235, 236, 237, 238, 239, 240, 241, 242, 243, 244, 245, 246, 247, 248, 249, 250, 251, 252, 253, 254, 255, 256, 257, 258, 259, 260, 261, 262, 263, 264, 265, 266, 267, 268, 269, 270, 271, 272, 273, 274, 275, 276, 277, 278, 279, 280, 281, 282, 283, 284, 285, 286, 287, 288, 289, 290, 291, 292, 293, 294, 295, 296, 297, 298, 299, 300, 301, 302, 303, 304, 305, 306, 307, 308, 309, 310, 311, 312, 313, 314, 315, 316, 317, 318, 319, 320, 321, 322, 323, 324, 325, 326, 327, 328, 329, 330, 331, 332, 333, 334, 335, 336, 337, 338, 339, 340, 341, 342, 343, 344, 345, 346, 347, 348, 349, 350, 351, 352, 353, 354, 355, 356, 357, 358, 359, 360, 361, 362, 363, 364, 365, 366, 367, 368, 369, 370, 371, 372, 373, 374, 375, 376, 377, 378, 379, 380, 381, 382, 383, 384, 385, 386, 387, 388, 389, 390, 391, 392, 393, 394, 395, 396, 397, 398, 399, 400, 401, 402, 403, 404, 405, 406, 407, 408, 409, 410, 411, 412, 413, 414, 415, 416, 417, 418, 419, 420, 421, 422, 423, 424, 425, 426, 427, 428, 429, 430, 431, 432, 433, 434, 435, 436, 437, 438, 439, 440, 441, 442, 443, 444, 445, 446, 447, 448, 449, 450, 451, 452, 453, 454, 455, 456, 457, 458, 459, 460, 461, 462, 463, 464, 465, 466, 467, 468, 469, 470, 471, 472, 473, 474, 475, 476, 477, 478, 479, 480, 481, 482, 483, 484, 485, 486, 487, 488, 489, 490, 491, 492, 493, 494, 495, 496, 497, 498, 499, 500, 501, 502, 503, 504, 505, 506, 507, 508, 509, 510, 511, 512, 513, 514, 515, 516, 517, 518], "LargestImagePixelValue": [33354, 26399, 24654, 24544, 25007, 24471, 24687, 24997, 24359, 29150, 24556, 24469, 26775, 27003, 26067, 24429, 24181, 27049, 24522, 28778, 24686, 24339, 25861, 24811, 24490, 24746, 24937, 28794, 25296, 24592, 24802, 24872, 25285, 27070, 24431, 24512, 29019, 24875, 26363, 26374, 26578, 24558, 24291, 24586, 26202, 25804, 29371, 24421, 27161, 29927, 24494, 24867, 24553, 25325, 27714, 26871, 24948, 27078, 26285, 24871, 26097, 23829, 25400, 25549, 24005, 24645, 24355, 24559, 24236, 24296, 26998, 25754, 24284, 26887, 27551, 25680, 26591, 29302, 25482, 24075, 24530, 26684, 29421, 26400, 24271, 30608, 24347, 24329, 24523, 27701, 29260, 24455, 24388, 28763, 24668, 24430, 24346, 26596, 28238, 27025, 24172, 28967, 24272, 24100, 24355, 26216, 26731, 26244, 24906, 30081, 24331, 24187, 24005, 27304, 24098, 33183, 26269, 26529, 28467, 24118, 24108, 26109, 27546, 25324, 24058, 28370, 26903, 24037, 24105, 26177, 23911, 24949, 25359, 25021, 25734, 25489, 27795, 25332, 24030, 24131, 27083, 26517, 24308, 25664, 29032, 25304, 26255, 25901, 24437, 24180, 31037, 26115, 24564, 26250, 25200, 26083, 29648, 24272, 24349, 24278, 28507, 29132, 24882, 26345, 24095, 26729, 24743, 24181, 26713, 26571, 24435, 30617, 24987, 24209, 23989, 26452, 23748, 26205, 24487, 28198, 24172, 24223, 28882, 25338, 24218, 24293, 27624, 29729, 25449, 24237, 29058, 24243, 26172, 23839, 24063, 24024, 25904, 25663, 26850, 24299, 24007, 27318, 26723, 26434, 26046, 24151, 26954, 24071, 31346, 28144, 26712, 24172, 28238, 25635, 26752, 27079, 26616, 26644, 24675, 29808, 25050, 26563, 23978, 23843, 25345, 24045, 25114, 26771, 25219, 27716, 27765, 24079, 29769, 24147, 26290, 24209, 24168, 28375, 26949, 28462, 26845, 24102, 24395, 27969, 27544, 24247, 26414, 24201, 24041, 25274, 27582, 24183, 28261, 25147, 24233, 25817, 28896, 24420, 26529, 26299, 24095, 24006, 29528, 24873, 26157, 27035, 24012, 24042, 26885, 24892, 28003, 26600, 25997, 26403, 24225, 24073, 26023, 28471, 24825, 26433, 31050, 24310, 24032, 24050, 27081, 24044, 24839, 26552, 24039, 24218, 26758, 24095, 30954, 24365, 24062, 23827, 26387, 26065, 27013, 26398, 24332, 24129, 27083, 27583, 24041, 27412, 29353, 24059, 23931, 29121, 26907, 23773, 24317, 25571, 28208, 24140, 26338, 30404, 24490, 25290, 26647, 24055, 24024, 27547, 23866, 25943, 24861, 24178, 24462, 29738, 24192, 26745, 28073, 24845, 24320, 28403, 24224, 26723, 24230, 24071, 24240, 24069, 27553, 31612, 26428, 27049, 24560, 26155, 26396, 27219, 24228, 30182, 27111, 24103, 31313, 25847, 25978, 23975, 27900, 24231, 26910, 26869, 27807, 24111, 26444, 24159, 26081, 26073, 24229, 26374, 31908, 25312, 27541, 23873, 30339, 24169, 26249, 24211, 27134, 24091, 26992, 24154, 27108, 24359, 26291, 24323, 30006, 25823, 27160, 24156, 23861, 26578, 25629, 25926, 24238, 25899, 28365, 24676, 26553, 24210, 31370, 24311, 25990, 24212, 25667, 24508, 24544, 24357, 24337, 25241, 26905, 26061, 27783, 24532, 24587, 32153, 27761, 26710, 24743, 27522, 24732, 26724, 26998, 29242, 24738, 24472, 24647, 25533, 24489, 25093, 26700, 25177, 25782, 24790, 27364, 26769, 24390, 24457, 24361, 24503, 24712, 24800, 24831, 25758, 24722, 24488, 24322, 27559, 25736, 27419, 26416, 29912, 24858, 29506, 27368, 24983, 24579, 24544, 24585, 24382, 25010, 26460, 25852, 28353, 26777, 28524, 24449, 24377, 30180, 24629, 24406, 24583, 26247, 24724, 25061, 26303, 30604, 26387, 26742, 24361, 24429, 26756, 25823, 24710, 25627, 24329, 31914, 24907, 26882, 24735, 24775, 24643, 28646, 24187, 27385, 24359, 26291, 24769, 27190, 24683, 29488, 26722, 24603, 29082, 27821, 24247, 25172, 26954, 24657, 27905, 24709, 25251, 30120, 27506, 24538, 25260, 27707, 24576], "WindowCenter": [9942.0, 9905.0, 9905.0, 9914.0, 9925.0, 9911.0, 9918.0, 9916.0, 9901.0, 9919.0, 9910.0, 9888.0, 9929.0, 9932.0, 9905.0, 9924.0, 9908.0, 9922.0, 9918.0, 9936.0, 9925.0, 9929.0, 9922.0, 9923.0, 9913.0, 9899.0, 9916.0, 9929.0, 9922.0, 9911.0, 9905.0, 9913.0, 9914.0, 9931.0, 9920.0, 9922.0, 9951.0, 9913.0, 9917.0, 9912.0, 9921.0, 9916.0, 9906.0, 9913.0, 9922.0, 9912.0, 9933.0, 9899.0, 9911.0, 9894.0, 9884.0, 9882.0, 9879.0, 9894.0, 9942.0, 9956.0, 9925.0, 9964.0, 9912.0, 9930.0, 9912.0, 9884.0, 9901.0, 9898.0, 9881.0, 9894.0, 9917.0, 9919.0, 9924.0, 9920.0, 9927.0, 9915.0, 9914.0, 9922.0, 9935.0, 9932.0, 9938.0, 9932.0, 9910.0, 9908.0, 9912.0, 9929.0, 9941.0, 9908.0, 9902.0, 9915.0, 9878.0, 9894.0, 9894.0, 9910.0, 9902.0, 9905.0, 9893.0, 9920.0, 9896.0, 9894.0, 9891.0, 9924.0, 9907.0, 9909.0, 9887.0, 9900.0, 9863.0, 9891.0, 9897.0, 9918.0, 9913.0, 9909.0, 9898.0, 9913.0, 9887.0, 9896.0, 9910.0, 9907.0, 9907.0, 9915.0, 9899.0, 9899.0, 9914.0, 9896.0, 9906.0, 9913.0, 9908.0, 9889.0, 9874.0, 9918.0, 9903.0, 9878.0, 9885.0, 9899.0, 9883.0, 9876.0, 9899.0, 9885.0, 9885.0, 9883.0, 9896.0, 9889.0, 9878.0, 9864.0, 9908.0, 9917.0, 9904.0, 9909.0, 9906.0, 9879.0, 9891.0, 9884.0, 9893.0, 9893.0, 9934.0, 9908.0, 9895.0, 9901.0, 9900.0, 9897.0, 9911.0, 9898.0, 9903.0, 9890.0, 9924.0, 9905.0, 9894.0, 9890.0, 9876.0, 9898.0, 9887.0, 9890.0, 9905.0, 9906.0, 9885.0, 9893.0, 9893.0, 9891.0, 9884.0, 9906.0, 9895.0, 9911.0, 9894.0, 9938.0, 9908.0, 9919.0, 9925.0, 9903.0, 9896.0, 9903.0, 9927.0, 9903.0, 9885.0, 9874.0, 9905.0, 9869.0, 9893.0, 9883.0, 9908.0, 9903.0, 9902.0, 9893.0, 9902.0, 9896.0, 9897.0, 9921.0, 9909.0, 9886.0, 9892.0, 9874.0, 9909.0, 9902.0, 9939.0, 9908.0, 9883.0, 9884.0, 9892.0, 9895.0, 9894.0, 9901.0, 9899.0, 9904.0, 9886.0, 9919.0, 9877.0, 9885.0, 9866.0, 9892.0, 9888.0, 9893.0, 9895.0, 9909.0, 9896.0, 9893.0, 9888.0, 9870.0, 9891.0, 9862.0, 9882.0, 9884.0, 9887.0, 9891.0, 9890.0, 9894.0, 9890.0, 9876.0, 9896.0, 9900.0, 9906.0, 9895.0, 9895.0, 9887.0, 9877.0, 9893.0, 9921.0, 9912.0, 9898.0, 9894.0, 9882.0, 9901.0, 9916.0, 9886.0, 9873.0, 9881.0, 9883.0, 9882.0, 9920.0, 9896.0, 9893.0, 9906.0, 9899.0, 9898.0, 9906.0, 9891.0, 9907.0, 9903.0, 9896.0, 9901.0, 9883.0, 9880.0, 9895.0, 9908.0, 9894.0, 9881.0, 9922.0, 9874.0, 9901.0, 9891.0, 9904.0, 9881.0, 9888.0, 9902.0, 9898.0, 9894.0, 9905.0, 9889.0, 9923.0, 9897.0, 9885.0, 9903.0, 9913.0, 9913.0, 9904.0, 9881.0, 9888.0, 9870.0, 9908.0, 9904.0, 9885.0, 9886.0, 9900.0, 9883.0, 9872.0, 9916.0, 9900.0, 9875.0, 9874.0, 9903.0, 9909.0, 9891.0, 9887.0, 9900.0, 9883.0, 9894.0, 9899.0, 9868.0, 9877.0, 9896.0, 9882.0, 9889.0, 9864.0, 9861.0, 9875.0, 9888.0, 9873.0, 9883.0, 9886.0, 9875.0, 9869.0, 9895.0, 9859.0, 9881.0, 9878.0, 9877.0, 9890.0, 9891.0, 9899.0, 9909.0, 9902.0, 9874.0, 9873.0, 9882.0, 9881.0, 9884.0, 9879.0, 9904.0, 9887.0, 9894.0, 9928.0, 9893.0, 9861.0, 9842.0, 9888.0, 9861.0, 9871.0, 9891.0, 9890.0, 9867.0, 9884.0, 9884.0, 9899.0, 9895.0, 9889.0, 9881.0, 9904.0, 9873.0, 9879.0, 9874.0, 9895.0, 9882.0, 9900.0, 9876.0, 9874.0, 9867.0, 9889.0, 9881.0, 9911.0, 9881.0, 9906.0, 9887.0, 9910.0, 9890.0, 9880.0, 9878.0, 9886.0, 9894.0, 9870.0, 9865.0, 9882.0, 9887.0, 9883.0, 9893.0, 9892.0, 9865.0, 9909.0, 9892.0, 9890.0, 9893.0, 9907.0, 9899.0, 9910.0, 9925.0, 9937.0, 9926.0, 9923.0, 9902.0, 9894.0, 9893.0, 9903.0, 9939.0, 9899.0, 9884.0, 9873.0, 9880.0, 9844.0, 9867.0, 9869.0, 9861.0, 9847.0, 9853.0, 9878.0, 9876.0, 9899.0, 9886.0, 9878.0, 9874.0, 9864.0, 9867.0, 9873.0, 9870.0, 9868.0, 9845.0, 9855.0, 9859.0, 9868.0, 9869.0, 9870.0, 9893.0, 9886.0, 9895.0, 9899.0, 9929.0, 9914.0, 9914.0, 9878.0, 9901.0, 9864.0, 9921.0, 9914.0, 9899.0, 9898.0, 9894.0, 9897.0, 9900.0, 9899.0, 9913.0, 9911.0, 9923.0, 9892.0, 9913.0, 9886.0, 9889.0, 9913.0, 9895.0, 9901.0, 9902.0, 9913.0, 9903.0, 9875.0, 9867.0, 9923.0, 9905.0, 9908.0, 9895.0, 9906.0, 9904.0, 9926.0, 9913.0, 9893.0, 9886.0, 9917.0, 9894.0, 9903.0, 9875.0, 9887.0, 9900.0, 9926.0, 9892.0, 9925.0, 9877.0, 9899.0, 9903.0, 9907.0, 9891.0, 9915.0, 9906.0, 9884.0, 9917.0, 9903.0, 9893.0, 9895.0, 9892.0, 9861.0, 9878.0, 9868.0, 9879.0, 9879.0, 9869.0, 9860.0, 9857.0, 9870.0, 9873.0], "WindowWidth": [21042.0, 20967.0, 20966.0, 20987.0, 21015.0, 20989.0, 20995.0, 20987.0, 20960.0, 20995.0, 20974.0, 20936.0, 21016.0, 21023.0, 20973.0, 21005.0, 20976.0, 21000.0, 20994.0, 21030.0, 21007.0, 21018.0, 21003.0, 21002.0, 20983.0, 20955.0, 20988.0, 21012.0, 20998.0, 20981.0, 20968.0, 20981.0, 20987.0, 21017.0, 20996.0, 21005.0, 21057.0, 20986.0, 20994.0, 20979.0, 20998.0, 20990.0, 20970.0, 20980.0, 20997.0, 20980.0, 21015.0, 20950.0, 20968.0, 20937.0, 20916.0, 20916.0, 20917.0, 20945.0, 21068.0, 21080.0, 21017.0, 21093.0, 20984.0, 21019.0, 20977.0, 20916.0, 20948.0, 20944.0, 20911.0, 20940.0, 20992.0, 20997.0, 21005.0, 20999.0, 21008.0, 20985.0, 20981.0, 21002.0, 21027.0, 21020.0, 21028.0, 21018.0, 20975.0, 20971.0, 20983.0, 21016.0, 21031.0, 20968.0, 20952.0, 20974.0, 20908.0, 20937.0, 20943.0, 20976.0, 20960.0, 20963.0, 20936.0, 20987.0, 20939.0, 20939.0, 20940.0, 21003.0, 20966.0, 20967.0, 20921.0, 20945.0, 20878.0, 20935.0, 20956.0, 20992.0, 20979.0, 20969.0, 20945.0, 20972.0, 20928.0, 20949.0, 20974.0, 20970.0, 20965.0, 20977.0, 20949.0, 20951.0, 20976.0, 20946.0, 20962.0, 20975.0, 20963.0, 20930.0, 20903.0, 20986.0, 20957.0, 20910.0, 20919.0, 20945.0, 20915.0, 20901.0, 20946.0, 20926.0, 20919.0, 20909.0, 20937.0, 20922.0, 20902.0, 20878.0, 20966.0, 20990.0, 20962.0, 20970.0, 20959.0, 20904.0, 20926.0, 20915.0, 20937.0, 20941.0, 21023.0, 20970.0, 20939.0, 20949.0, 20948.0, 20941.0, 20968.0, 20946.0, 20959.0, 20939.0, 20996.0, 20958.0, 20938.0, 20923.0, 20898.0, 20938.0, 20923.0, 20931.0, 20956.0, 20960.0, 20917.0, 20931.0, 20932.0, 20934.0, 20917.0, 20958.0, 20940.0, 20970.0, 20945.0, 21029.0, 20974.0, 20995.0, 21006.0, 20962.0, 20945.0, 20955.0, 21004.0, 20956.0, 20918.0, 20895.0, 20954.0, 20888.0, 20935.0, 20916.0, 20966.0, 20957.0, 20956.0, 20936.0, 20959.0, 20944.0, 20949.0, 20993.0, 20964.0, 20919.0, 20936.0, 20902.0, 20965.0, 20955.0, 21021.0, 20960.0, 20918.0, 20914.0, 20929.0, 20937.0, 20936.0, 20951.0, 20948.0, 20955.0, 20921.0, 20982.0, 20906.0, 20921.0, 20883.0, 20931.0, 20927.0, 20938.0, 20941.0, 20967.0, 20946.0, 20932.0, 20923.0, 20886.0, 20924.0, 20871.0, 20907.0, 20917.0, 20923.0, 20932.0, 20931.0, 20936.0, 20926.0, 20899.0, 20941.0, 20952.0, 20963.0, 20940.0, 20936.0, 20925.0, 20905.0, 20937.0, 20993.0, 20975.0, 20945.0, 20939.0, 20913.0, 20947.0, 20977.0, 20922.0, 20897.0, 20913.0, 20912.0, 20915.0, 20986.0, 20943.0, 20936.0, 20957.0, 20950.0, 20950.0, 20967.0, 20939.0, 20963.0, 20953.0, 20939.0, 20948.0, 20919.0, 20907.0, 20938.0, 20963.0, 20936.0, 20913.0, 20991.0, 20900.0, 20949.0, 20933.0, 20957.0, 20911.0, 20930.0, 20953.0, 20945.0, 20938.0, 20958.0, 20927.0, 20991.0, 20952.0, 20928.0, 20958.0, 20979.0, 20977.0, 20955.0, 20917.0, 20930.0, 20891.0, 20962.0, 20955.0, 20916.0, 20922.0, 20944.0, 20915.0, 20901.0, 20980.0, 20952.0, 20896.0, 20898.0, 20954.0, 20970.0, 20934.0, 20921.0, 20944.0, 20914.0, 20932.0, 20944.0, 20883.0, 20900.0, 20938.0, 20913.0, 20924.0, 20878.0, 20871.0, 20896.0, 20923.0, 20893.0, 20909.0, 20918.0, 20894.0, 20880.0, 20930.0, 20863.0, 20901.0, 20905.0, 20901.0, 20933.0, 20934.0, 20949.0, 20965.0, 20951.0, 20896.0, 20891.0, 20908.0, 20904.0, 20912.0, 20903.0, 20955.0, 20923.0, 20935.0, 20998.0, 20928.0, 20866.0, 20830.0, 20917.0, 20866.0, 20885.0, 20923.0, 20921.0, 20879.0, 20912.0, 20921.0, 20946.0, 20939.0, 20925.0, 20909.0, 20949.0, 20894.0, 20901.0, 20895.0, 20938.0, 20912.0, 20952.0, 20901.0, 20898.0, 20884.0, 20923.0, 20909.0, 20971.0, 20913.0, 20960.0, 20925.0, 20966.0, 20927.0, 20911.0, 20903.0, 20917.0, 20933.0, 20886.0, 20881.0, 20907.0, 20919.0, 20916.0, 20933.0, 20938.0, 20881.0, 20962.0, 20932.0, 20931.0, 20937.0, 20966.0, 20955.0, 20981.0, 21014.0, 21038.0, 21015.0, 21001.0, 20956.0, 20940.0, 20937.0, 20957.0, 21024.0, 20944.0, 20909.0, 20883.0, 20898.0, 20830.0, 20866.0, 20869.0, 20854.0, 20828.0, 20843.0, 20894.0, 20894.0, 20938.0, 20916.0, 20895.0, 20881.0, 20862.0, 20867.0, 20875.0, 20868.0, 20864.0, 20824.0, 20842.0, 20848.0, 20869.0, 20876.0, 20877.0, 20921.0, 20914.0, 20931.0, 20938.0, 20996.0, 20968.0, 20965.0, 20896.0, 20938.0, 20871.0, 20974.0, 20965.0, 20942.0, 20938.0, 20926.0, 20931.0, 20939.0, 20936.0, 20964.0, 20960.0, 20988.0, 20923.0, 20960.0, 20912.0, 20913.0, 20958.0, 20929.0, 20944.0, 20947.0, 20968.0, 20951.0, 20895.0, 20876.0, 20980.0, 20946.0, 20954.0, 20930.0, 20955.0, 20958.0, 21001.0, 20971.0, 20931.0, 20916.0, 20974.0, 20928.0, 20945.0, 20899.0, 20924.0, 20946.0, 20995.0, 20933.0, 20990.0, 20899.0, 20945.0, 20950.0, 20954.0, 20922.0, 20966.0, 20950.0, 20909.0, 20974.0, 20947.0, 20926.0, 20928.0, 20922.0, 20861.0, 20889.0, 20873.0, 20897.0, 20893.0, 20871.0, 20854.0, 20850.0, 20875.0, 20882.0]}, "slices": {}}}