{"AcquisitionMatrixPE": 96, "AcquisitionNumber": 1, "AcquisitionTime": "07:32:59.102500", "BaseResolution": 96, "BodyPartExamined": "BRAIN", "ConsistencyInfo": "N4_VD11D_LATEST_20110129", "ConversionSoftware": "dcm2niix", "ConversionSoftwareVersion": "v1.0.20210317", "DeviceSerialNumber": "45239", "DwellTime": 9.2e-06, "EchoNumber": 2, "EchoTime": 0.00738, "EchoTime1": 0.00492, "EchoTime2": 0.00738, "FlipAngle": 50, "ImageOrientationPatientDICOM": [0.999461, 0.0255148, 0.0206765, -0.00958583, 0.828831, -0.559417], "ImageType": ["ORIGINAL", "PRIMARY", "P", "ND", "PHASE"], "ImagingFrequency": 123.193, "InPlanePhaseEncodingDirectionDICOM": "COL", "InstitutionAddress": "E 24th St. 100,Austin,Southmiddle,US,78712", "InstitutionName": "Univ of Texas at Austin", "InstitutionalDepartmentName": "IRC", "MRAcquisitionType": "2D", "MagneticFieldStrength": 3, "Manufacturer": "Siemens", "ManufacturersModelName": "Skyra", "Modality": "MR", "PartialFourier": 1, "PatientPosition": "HFS", "PercentPhaseFOV": 100, "PercentSampling": 100, "PhaseEncodingDirection": "j-", "PhaseEncodingSteps": 96, "PhaseResolution": 1, "PixelBandwidth": 565, "ProcedureStepDescription": "Poldrack2^self-scanning", "ProtocolName": "gre_field_mapping", "PulseSequenceDetails": "%SiemensSeq%\\gre_field_mapping", "ReceiveCoilActiveElements": "HEA;HEP", "ReceiveCoilName": "Head_32", "ReconMatrixPE": 96, "RepetitionTime": 0.731, "SAR": 0.12456, "ScanningSequence": "GR", "SequenceName": "*fm2d2r", "SequenceVariant": "SP", "SeriesDescription": "gre_field_mapping", "SeriesNumber": 11, "ShimSetting": [-2783, 8074, -15425, 168, -212, 128, 211, -88], "SliceThickness": 2, "SliceTiming": [0.36719, 0, 0.375, 0.01562, 0.39062, 0.02344, 0.39844, 0.03906, 0.41406, 0.04688, 0.42188, 0.05469, 0.42969, 0.07031, 0.44531, 0.07812, 0.45312, 0.08594, 0.46875, 0.10156, 0.47656, 0.10938, 0.48438, 0.11719, 0.5, 0.13281, 0.50781, 0.14062, 0.51562, 0.15625, 0.53125, 0.16406, 0.53906, 0.17188, 0.54688, 0.1875, 0.5625, 0.19531, 0.57031, 0.21094, 0.58594, 0.21875, 0.59375, 0.22656, 0.60938, 0.24219, 0.61719, 0.25, 0.625, 0.25781, 0.64062, 0.27344, 0.64844, 0.28125, 0.65625, 0.29688, 0.67188, 0.30469, 0.67969, 0.3125, 0.6875, 0.32812, 0.70312, 0.33594, 0.71094, 0.35156, 0.72656, 0.35938], "SoftwareVersions": "syngo MR D11", "SpacingBetweenSlices": 2.4, "StationName": "AWP45239", "TxRefAmp": 348.082, "dcmmeta_affine": [[-2.394541025161743, -0.0229660514742136, 0.07538557052612305, 117.94420623779297], [-0.06112921983003616, 1.9857409000396729, -1.341400146484375, -66.8749008178711], [0.04953752085566521, 1.340269684791565, 1.98870849609375, -89.03593444824219], [0.0, 0.0, 0.0, 1.0]], "dcmmeta_reorient_transform": [[0.0, -1.0, 0.0, 95.0], [1.0, 0.0, 0.0, 0.0], [0.0, 0.0, -1.0, 67.0], [0.0, 0.0, 0.0, 1.0]], "dcmmeta_shape": [96, 96, 68], "dcmmeta_slice_dim": 2, "dcmmeta_version": 0.6, "global": {"const": {"AcquisitionMatrix": [96, 0, 0, 96], "AcquisitionNumber": 1, "AngioFlag": "N", "BitsAllocated": 16, "BitsStored": 12, "BodyPartExamined": "BRAIN", "Columns": 96, "EchoNumbers": 2, "EchoTime": 7.38, "EchoTrainLength": 0, "FlipAngle": 50.0, "HighBit": 11, "ImageOrientationPatient": [0.99946059242404, 0.02551480517001, 0.02067653037919, -0.0095858306856, 0.82883098893946, -0.559416931835], "ImageType": ["ORIGINAL", "PRIMARY", "P", "ND"], "ImagedNucleus": "1H", "ImagingFrequency": 123.193326, "InPlanePhaseEncodingDirection": "COL", "MRAcquisitionType": "2D", "MagneticFieldStrength": 3.0, "Manufacturer": "SIEMENS", "ManufacturerModelName": "Skyra", "Modality": "MR", "NumberOfAverages": 1.0, "NumberOfPhaseEncodingSteps": 96, "PercentPhaseFieldOfView": 100.0, "PercentSampling": 100.0, "PerformedProcedureStepStartTime": "070359.515000", "PhotometricInterpretation": "MONOCHROME2", "PixelBandwidth": 565.0, "PixelRepresentation": 0, "PixelSpacing": [2.3958332538605, 2.3958332538605], "ProtocolName": "gre_field_mapping", "RepetitionTime": 731.0, "RescaleIntercept": -4096.0, "RescaleSlope": 2.0, "RescaleType": "US", "Rows": 96, "SAR": 0.12455963229081, "SamplesPerPixel": 1, "ScanningSequence": "GR", "SequenceName": "*fm2d2r", "SequenceVariant": "SP", "SeriesDescription": "gre_field_mapping", "SeriesNumber": 11, "SeriesTime": "073520.609000", "SliceThickness": 2.0, "SoftwareVersions": "syngo MR D11", "SpacingBetweenSlices": 2.4, "SpecificCharacterSet": "ISO_IR 100", "StudyID": "1", "StudyTime": "070359.484000", "TransmitCoilName": "Body", "VariableFlipAngleFlag": "N", "WindowCenterWidthExplanation": "Algo1", "dBdt": 0.0}, "slices": {"AcquisitionTime": ["073259.102500", "073258.737500", "073259.112500", "073258.747500", "073259.125000", "073258.760000", "073259.135000", "073258.770000", "073259.145000", "073258.780000", "073259.157500", "073258.790000", "073259.167500", "073258.802500", "073259.177500", "073258.812500", "073259.190000", "073258.822500", "073259.200000", "073258.835000", "073259.210000", "073258.845000", "073259.220000", "073258.855000", "073259.232500", "073258.867500", "073259.242500", "073258.877500", "073259.252500", "073258.887500", "073259.265000", "073258.897500", "073259.275000", "073258.910000", "073259.285000", "073258.920000", "073259.297500", "073258.930000", "073259.307500", "073258.942500", "073259.317500", "073258.952500", "073259.327500", "073258.962500", "073259.340000", "073258.975000", "073259.350000", "073258.985000", "073259.360000", "073258.995000", "073259.372500", "073259.005000", "073259.382500", "073259.017500", "073259.392500", "073259.027500", "073259.405000", "073259.037500", "073259.415000", "073259.050000", "073259.425000", "073259.060000", "073259.435000", "073259.070000", "073259.447500", "073259.082500", "073259.457500", "073259.092500"], "ContentTime": ["073520.718000", "073520.625000", "073520.718000", "073520.625000", "073520.718000", "073520.625000", "073520.718000", "073520.625000", "073520.734000", "073520.625000", "073520.734000", "073520.625000", "073520.734000", "073520.625000", "073520.734000", "073520.640000", "073520.734000", "073520.640000", "073520.734000", "073520.656000", "073520.734000", "073520.671000", "073520.734000", "073520.671000", "073520.750000", "073520.671000", "073520.750000", "073520.671000", "073520.750000", "073520.671000", "073520.750000", "073520.671000", "073520.750000", "073520.671000", "073520.765000", "073520.671000", "073520.765000", "073520.687000", "073520.765000", "073520.687000", "073520.765000", "073520.687000", "073520.765000", "073520.687000", "073520.765000", "073520.687000", "073520.765000", "073520.687000", "073520.765000", "073520.687000", "073520.781000", "073520.687000", "073520.781000", "073520.703000", "073520.781000", "073520.703000", "073520.781000", "073520.703000", "073520.781000", "073520.703000", "073520.781000", "073520.703000", "073520.796000", "073520.703000", "073520.796000", "073520.703000", "073520.796000", "073520.703000"], "CsaImage.GSWDDataType": ["predicted", "predicted", "predicted", "predicted", "predicted", "predicted", "predicted", "predicted", "predicted", "predicted", "predicted", "predicted", "predicted", "predicted", "predicted", "predicted", "predicted", "predicted", "predicted", "predicted", "predicted", "predicted", "predicted", "predicted", "predicted", "predicted", "predicted", "predicted", "predicted", "predicted", "predicted", "predicted", "predicted", "predicted", "measured", "predicted", "measured", "predicted", "measured", "predicted", "measured", "predicted", "measured", "predicted", "measured", "predicted", "measured", "predicted", "measured", "predicted", "measured", "predicted", "measured", "predicted", "measured", "predicted", "measured", "predicted", "measured", "predicted", "measured", "predicted", "measured", "predicted", "measured", "predicted", "measured", "predicted"], "CsaImage.ICE_Dims": ["X_2_1_1_1_1_1_35_1_1_1_1_70", "X_2_1_1_1_1_1_1_1_1_2_1_70", "X_2_1_1_1_1_1_36_1_1_3_1_70", "X_2_1_1_1_1_1_2_1_1_4_1_70", "X_2_1_1_1_1_1_37_1_1_5_1_70", "X_2_1_1_1_1_1_3_1_1_6_1_70", "X_2_1_1_1_1_1_38_1_1_7_1_70", "X_2_1_1_1_1_1_4_1_1_8_1_70", "X_2_1_1_1_1_1_39_1_1_9_1_70", "X_2_1_1_1_1_1_5_1_1_10_1_70", "X_2_1_1_1_1_1_40_1_1_11_1_70", "X_2_1_1_1_1_1_6_1_1_12_1_70", "X_2_1_1_1_1_1_41_1_1_13_1_70", "X_2_1_1_1_1_1_7_1_1_14_1_70", "X_2_1_1_1_1_1_42_1_1_15_1_70", "X_2_1_1_1_1_1_8_1_1_16_1_70", "X_2_1_1_1_1_1_43_1_1_17_1_70", "X_2_1_1_1_1_1_9_1_1_18_1_70", "X_2_1_1_1_1_1_44_1_1_19_1_70", "X_2_1_1_1_1_1_10_1_1_20_1_70", "X_2_1_1_1_1_1_45_1_1_21_1_70", "X_2_1_1_1_1_1_11_1_1_22_1_70", "X_2_1_1_1_1_1_46_1_1_23_1_70", "X_2_1_1_1_1_1_12_1_1_24_1_70", "X_2_1_1_1_1_1_47_1_1_25_1_70", "X_2_1_1_1_1_1_13_1_1_26_1_70", "X_2_1_1_1_1_1_48_1_1_27_1_70", "X_2_1_1_1_1_1_14_1_1_28_1_70", "X_2_1_1_1_1_1_49_1_1_29_1_70", "X_2_1_1_1_1_1_15_1_1_30_1_70", "X_2_1_1_1_1_1_50_1_1_31_1_70", "X_2_1_1_1_1_1_16_1_1_32_1_70", "X_2_1_1_1_1_1_51_1_1_33_1_70", "X_2_1_1_1_1_1_17_1_1_34_1_70", "X_2_1_1_1_1_1_52_1_1_35_1_70", "X_2_1_1_1_1_1_18_1_1_36_1_70", "X_2_1_1_1_1_1_53_1_1_37_1_70", "X_2_1_1_1_1_1_19_1_1_38_1_70", "X_2_1_1_1_1_1_54_1_1_39_1_70", "X_2_1_1_1_1_1_20_1_1_40_1_70", "X_2_1_1_1_1_1_55_1_1_41_1_70", "X_2_1_1_1_1_1_21_1_1_42_1_70", "X_2_1_1_1_1_1_56_1_1_43_1_70", "X_2_1_1_1_1_1_22_1_1_44_1_70", "X_2_1_1_1_1_1_57_1_1_45_1_70", "X_2_1_1_1_1_1_23_1_1_46_1_70", "X_2_1_1_1_1_1_58_1_1_47_1_70", "X_2_1_1_1_1_1_24_1_1_48_1_70", "X_2_1_1_1_1_1_59_1_1_49_1_70", "X_2_1_1_1_1_1_25_1_1_50_1_70", "X_2_1_1_1_1_1_60_1_1_51_1_70", "X_2_1_1_1_1_1_26_1_1_52_1_70", "X_2_1_1_1_1_1_61_1_1_53_1_70", "X_2_1_1_1_1_1_27_1_1_54_1_70", "X_2_1_1_1_1_1_62_1_1_55_1_70", "X_2_1_1_1_1_1_28_1_1_56_1_70", "X_2_1_1_1_1_1_63_1_1_57_1_70", "X_2_1_1_1_1_1_29_1_1_58_1_70", "X_2_1_1_1_1_1_64_1_1_59_1_70", "X_2_1_1_1_1_1_30_1_1_60_1_70", "X_2_1_1_1_1_1_65_1_1_61_1_70", "X_2_1_1_1_1_1_31_1_1_62_1_70", "X_2_1_1_1_1_1_66_1_1_63_1_70", "X_2_1_1_1_1_1_32_1_1_64_1_70", "X_2_1_1_1_1_1_67_1_1_65_1_70", "X_2_1_1_1_1_1_33_1_1_66_1_70", "X_2_1_1_1_1_1_68_1_1_67_1_70", "X_2_1_1_1_1_1_34_1_1_68_1_70"], "CsaImage.ProtocolSliceNumber": [0, 1, 2, 3, 4, 5, 6, 7, 8, 9, 10, 11, 12, 13, 14, 15, 16, 17, 18, 19, 20, 21, 22, 23, 24, 25, 26, 27, 28, 29, 30, 31, 32, 33, 34, 35, 36, 37, 38, 39, 40, 41, 42, 43, 44, 45, 46, 47, 48, 49, 50, 51, 52, 53, 54, 55, 56, 57, 58, 59, 60, 61, 62, 63, 64, 65, 66, 67], "CsaImage.RFSWDDataType": ["predicted", "predicted", "predicted", "predicted", "predicted", "predicted", "predicted", "predicted", "predicted", "predicted", "predicted", "predicted", "predicted", "predicted", "predicted", "predicted", "predicted", "predicted", "predicted", "predicted", "predicted", "predicted", "predicted", "predicted", "predicted", "predicted", "predicted", "predicted", "predicted", "predicted", "measured", "predicted", "measured", "predicted", "measured", "predicted", "measured", "predicted", "measured", "predicted", "measured", "predicted", "measured", "predicted", "measured", "predicted", "measured", "predicted", "measured", "predicted", "measured", "predicted", "measured", "predicted", "measured", "predicted", "measured", "predicted", "measured", "predicted", "measured", "predicted", "measured", "predicted", "measured", "predicted", "measured", "predicted"], "CsaImage.SlicePosition_PCS": [[-115.76241315, -121.77051883, 38.28969497], [-115.83779896, -120.42911678, 40.27840347], [-115.91318477, -119.08771663, 42.26711196], [-115.98857058, -117.74631648, 44.25582046], [-116.06395638, -116.40491634, 46.24452895], [-116.13934219, -115.06351428, 48.2332365], [-116.214728, -113.72211414, 50.22194499], [-116.29011381, -112.38071304, 52.21065349], [-116.36549986, -111.03931289, 54.19936198], [-116.44088567, -109.69791179, 56.18807048], [-116.51627148, -108.35651069, 58.17677898], [-116.59165729, -107.01511054, 60.16548723], [-116.66704309, -105.67370944, 62.15419564], [-116.7424289, -104.33230882, 64.14290399], [-116.81781471, -102.9909082, 66.13161248], [-116.89320052, -101.64950734, 68.12032098], [-116.96858633, -100.30810647, 70.109029], [-117.04397214, -98.96670579, 72.0977375], [-117.11935795, -97.62530505, 74.08644599], [-117.19474376, -96.28390437, 76.07515449], [-117.27012957, -94.9425035, 78.06386298], [-117.34551537, -93.60110288, 80.05257148], [-117.42090118, -92.25970226, 82.04127998], [-117.49628699, -90.91830116, 84.02998847], [-117.5716728, -89.57690101, 86.01869697], [-117.64705861, -88.23549991, 88.00740546], [-117.72244466, -86.89409881, 89.99611205], [-117.79783047, -85.55269866, 91.98482055], [-117.87321628, -84.21129756, 93.97353095], [-117.94860185, -82.86989646, 95.96223945], [-118.02398789, -81.52849536, 97.95094795], [-118.09937346, -80.18709522, 99.93965644], [-118.17475951, -78.84569507, 101.92836494], [-118.25014508, -77.50429302, 103.91707343], [-118.32553113, -76.16289287, 105.90578193], [-118.4009167, -74.82149272, 107.89448661], [-118.47630275, -73.48009258, 109.88319511], [-118.55168879, -72.13869052, 111.8719036], [-118.62707437, -70.79729038, 113.8606121], [-118.70246041, -69.45589023, 115.8493206], [-118.77784598, -68.11448818, 117.83802909], [-118.85323203, -66.77308803, 119.82673759], [-118.9286176, -65.43168598, 121.81544608], [-119.00400365, -64.09028583, 123.80415458], [-119.07938922, -62.74888568, 125.79286308], [-119.15477527, -61.40748554, 127.78157539], [-119.23016084, -60.06608539, 129.77028388], [-119.30554688, -58.72468524, 131.75899238], [-119.38093245, -57.38328128, 133.74770087], [-119.4563185, -56.04188114, 135.73640937], [-119.53170407, -54.70048099, 137.72511787], [-119.60709012, -53.35908084, 139.71382636], [-119.68247569, -52.0176807, 141.70252723], [-119.75786174, -50.67628055, 143.69123573], [-119.83324779, -49.33487659, 145.67994422], [-119.90863336, -47.99347644, 147.66865272], [-119.9840194, -46.6520763, 149.65736121], [-120.05940497, -45.31067615, 151.64606971], [-120.13479102, -43.969276, 153.63477821], [-120.21017659, -42.62787586, 155.6234867], [-120.28556264, -41.28647571, 157.6121952], [-120.36094821, -39.94507175, 159.60090369], [-120.43633426, -38.6036716, 161.58961219], [-120.51171983, -37.26227146, 163.57832069], [-120.58710587, -35.92087131, 165.56702918], [-120.66249144, -34.57947116, 167.55573768], [-120.73787749, -33.2380672, 169.54444618], [-120.81326306, -31.89666706, 171.53315467]], "CsaImage.TimeAfterStart": [1.1, 0.7325, 1.11, 0.745, 1.12, 0.755, 1.13, 0.765, 1.1425, 0.7775, 1.1525, 0.7875, 1.1625, 0.7975, 1.175, 0.8075, 1.185, 0.82, 1.195, 0.83, 1.2075, 0.84, 1.2175, 0.8525, 1.2275, 0.8625, 1.2375, 0.8725, 1.25, 0.885, 1.26, 0.895, 1.27, 0.905, 1.2825, 0.915, 1.2925, 0.9275, 1.3025, 0.9375, 1.315, 0.9475, 1.325, 0.96, 1.335, 0.97, 1.345, 0.98, 1.3575, 0.9925, 1.3675, 1.0025, 1.3775, 1.0125, 1.39, 1.0225, 1.4, 1.035, 1.41, 1.045, 1.4225, 1.055, 1.4325, 1.0675, 1.4425, 1.0775, 1.4525, 1.0875], "ImagePositionPatient": [[-115.76241314834, -121.77051883134, 38.289694969832], [-115.83779895728, -120.42911677751, 40.278403465925], [-115.91318476623, -119.08771663102, 42.267111962019], [-115.98857057517, -117.74631648454, 44.255820458113], [-116.06395638412, -116.40491633805, 46.244528954207], [-116.13934219306, -115.06351428422, 48.233236496626], [-116.21472800201, -113.72211413774, 50.22194499272], [-116.29011381095, -112.38071303758, 52.210653488814], [-116.36549985831, -111.03931289109, 54.199361984907], [-116.44088566726, -109.69791179094, 56.188070481001], [-116.5162714762, -108.35651069078, 58.176778977095], [-116.59165728515, -107.01511054429, 60.16548723477], [-116.66704309409, -105.67370944413, 62.154195641457], [-116.74242890304, -104.33230882081, 64.142903988539], [-116.81781471198, -102.99090819749, 66.131612484633], [-116.89320052093, -101.64950733575, 68.120320980726], [-116.96858632987, -100.30810647401, 70.109028999983], [-117.04397213882, -98.966705791084, 72.097737496077], [-117.11935794776, -97.625305048553, 74.08644599217], [-117.19474375671, -96.283904365627, 76.075154488264], [-117.27012956565, -94.942503503887, 78.063862984358], [-117.3455153746, -93.601102880565, 80.052571480452], [-117.42090118354, -92.259702257244, 82.041279976545], [-117.49628699248, -90.918301157085, 84.029988472639], [-117.57167280143, -89.576901010601, 86.018696968733], [-117.64705861037, -88.235499910442, 88.007405464827], [-117.72244465774, -86.894098810283, 89.996112053572], [-117.79783046668, -85.552698663799, 91.984820549666], [-117.87321627563, -84.21129756364, 93.973530953108], [-117.94860184615, -82.869896463482, 95.962239449202], [-118.02398789352, -81.528495363323, 97.950947945295], [-118.09937346404, -80.187095216839, 99.939656441389], [-118.17475951141, -78.845695070354, 101.92836493748], [-118.25014508193, -77.504293016521, 103.91707343358], [-118.3255311293, -76.162892870037, 105.90578192967], [-118.40091669982, -74.821492723552, 107.89448661107], [-118.47630274718, -73.480092577068, 109.88319510716], [-118.55168879455, -72.138690523235, 111.87190360325], [-118.62707436507, -70.797290376751, 113.86061209935], [-118.70246041244, -69.455890230266, 115.84932059544], [-118.77784598296, -68.114488176433, 117.83802909154], [-118.85323203033, -66.773088029949, 119.82673758763], [-118.92861760085, -65.431685976116, 121.81544608372], [-119.00400364822, -64.090285829632, 123.80415457982], [-119.07938921874, -62.748885683147, 125.79286307591], [-119.15477526611, -61.407485536663, 127.7815753867], [-119.23016083663, -60.066085390178, 129.7702838828], [-119.30554688399, -58.724685243694, 131.75899237889], [-119.38093245452, -57.383281282512, 133.74770087498], [-119.45631850188, -56.041881136028, 135.73640937108], [-119.53170407241, -54.700480989544, 137.72511786717], [-119.60709011977, -53.359080843059, 139.71382636326], [-119.6824756903, -52.017680696575, 141.70252722996], [-119.75786173766, -50.676280550091, 143.69123572606], [-119.83324778503, -49.334876588909, 145.67994422215], [-119.90863335555, -47.993476442425, 147.66865271824], [-119.98401940292, -46.65207629594, 149.65736121434], [-120.05940497344, -45.310676149456, 151.64606971043], [-120.13479102081, -43.969276002971, 153.63477820653], [-120.21017659133, -42.627875856487, 155.62348670262], [-120.28556263869, -41.286475710003, 157.61219519871], [-120.36094820922, -39.945071748821, 159.60090369481], [-120.43633425658, -38.603671602337, 161.5896121909], [-120.51171982711, -37.262271455852, 163.57832068699], [-120.58710587447, -35.920871309368, 165.56702918309], [-120.662491445, -34.579471162883, 167.55573767918], [-120.73787749236, -33.238067201702, 169.54444617528], [-120.81326306289, -31.896667055217, 171.53315467137]], "InstanceCreationTime": ["073520.718000", "073520.625000", "073520.718000", "073520.625000", "073520.718000", "073520.625000", "073520.718000", "073520.625000", "073520.734000", "073520.625000", "073520.734000", "073520.625000", "073520.734000", "073520.625000", "073520.734000", "073520.640000", "073520.734000", "073520.640000", "073520.734000", "073520.656000", "073520.734000", "073520.671000", "073520.734000", "073520.671000", "073520.750000", "073520.671000", "073520.750000", "073520.671000", "073520.750000", "073520.671000", "073520.750000", "073520.671000", "073520.750000", "073520.671000", "073520.765000", "073520.671000", "073520.765000", "073520.687000", "073520.765000", "073520.687000", "073520.765000", "073520.687000", "073520.765000", "073520.687000", "073520.765000", "073520.687000", "073520.765000", "073520.687000", "073520.765000", "073520.687000", "073520.781000", "073520.687000", "073520.781000", "073520.703000", "073520.781000", "073520.703000", "073520.781000", "073520.703000", "073520.781000", "073520.703000", "073520.781000", "073520.703000", "073520.796000", "073520.703000", "073520.796000", "073520.703000", "073520.796000", "073520.703000"], "InstanceNumber": [1, 2, 3, 4, 5, 6, 7, 8, 9, 10, 11, 12, 13, 14, 15, 16, 17, 18, 19, 20, 21, 22, 23, 24, 25, 26, 27, 28, 29, 30, 31, 32, 33, 34, 35, 36, 37, 38, 39, 40, 41, 42, 43, 44, 45, 46, 47, 48, 49, 50, 51, 52, 53, 54, 55, 56, 57, 58, 59, 60, 61, 62, 63, 64, 65, 66, 67, 68], "LargestImagePixelValue": [4094, 4094, 4093, 4094, 4094, 4094, 4094, 4094, 4094, 4094, 4094, 4092, 4092, 4094, 4092, 4091, 4093, 4094, 4093, 4092, 4094, 4094, 4091, 4094, 4093, 4094, 4090, 4093, 4093, 4093, 4094, 4091, 4092, 4092, 4086, 4091, 4093, 4094, 4094, 4088, 4092, 4092, 4088, 4093, 4089, 4094, 4092, 4094, 4092, 4094, 4092, 4094, 4094, 4093, 4091, 4093, 4094, 4094, 4094, 4093, 4094, 4094, 4094, 4093, 4094, 4094, 4094, 4094], "SliceLocation": [-32.695492261927, -30.295491434291, -27.895491672705, -25.495491911119, -23.095492149533, -20.695492112139, -18.295492350553, -15.895492055942, -13.495492286867, -11.095491992256, -8.6954916976448, -6.2954921336191, -3.8954919130933, -1.49549200847, 0.90450801962855, 3.3045081809833, 5.7045079472172, 8.1045080086298, 10.504508103356, 12.904508164769, 15.304508326124, 17.704508354222, 20.104508382321, 22.504508676932, 24.904508438518, 27.304508733129, 29.704507454745, 32.104507216332, 34.504509091426, 36.904509378548, 39.304509680648, 41.704509434745, 44.10450920382, 46.504510023967, 48.904509793042, 51.304506386172, 53.704506155248, 56.104506990372, 58.504506744469, 60.904506513545, 63.304507333691, 65.704507102766, 68.104507922913, 70.504507691988, 72.904507446086, 75.304510376128, 77.704510130225, 80.1045098993, 82.504511785496, 84.904511554571, 87.304511308669, 89.704511077744, 92.104504509907, 94.504504278982, 96.904506180156, 99.304505934254, 101.70450570333, 104.10450545743, 106.5045052265, 108.9045049806, 111.30450474967, 113.70450663587, 116.10450640494, 118.50450615904, 120.90450592812, 123.30450568221, 125.70450758339, 128.10450733749], "SmallestImagePixelValue": [0, 0, 0, 1, 0, 0, 0, 0, 1, 0, 0, 2, 0, 0, 1, 1, 3, 1, 1, 7, 1, 8, 0, 3, 0, 0, 0, 0, 0, 3, 0, 3, 1, 5, 1, 0, 1, 0, 0, 0, 0, 6, 2, 2, 3, 0, 3, 1, 1, 0, 4, 0, 0, 2, 0, 0, 0, 0, 1, 2, 0, 2, 1, 0, 0, 0, 1, 0], "WindowCenter": [-194.0, -210.0, -228.0, -256.0, -382.0, -478.0, -470.0, -286.0, -436.0, -476.0, -622.0, -592.0, -568.0, -540.0, -492.0, -488.0, -494.0, -452.0, -432.0, -394.0, -388.0, -368.0, -370.0, -342.0, -316.0, -298.0, -326.0, -340.0, -300.0, -226.0, -218.0, -182.0, -184.0, -220.0, -242.0, -226.0, -222.0, -196.0, -146.0, -92.0, -120.0, -130.0, -132.0, -142.0, -146.0, -196.0, -216.0, -210.0, -252.0, -248.0, -238.0, -212.0, -236.0, -218.0, -252.0, -272.0, -284.0, -296.0, -352.0, -370.0, -380.0, -384.0, -446.0, -472.0, -486.0, -512.0, -458.0, -496.0], "WindowWidth": [6270.0, 6246.0, 6270.0, 6216.0, 5658.0, 5020.0, 5056.0, 5706.0, 4988.0, 4946.0, 4902.0, 4826.0, 4732.0, 4728.0, 4728.0, 4738.0, 4678.0, 4624.0, 4562.0, 4514.0, 4420.0, 4320.0, 4216.0, 4162.0, 4228.0, 4114.0, 3992.0, 3998.0, 3982.0, 3994.0, 4016.0, 3998.0, 4008.0, 4028.0, 4042.0, 4066.0, 4094.0, 4148.0, 4168.0, 4190.0, 4240.0, 4234.0, 4258.0, 4260.0, 4262.0, 4286.0, 4288.0, 4258.0, 4258.0, 4306.0, 4300.0, 4332.0, 4318.0, 4324.0, 4418.0, 4382.0, 4404.0, 4448.0, 4516.0, 4558.0, 4642.0, 4716.0, 4770.0, 4810.0, 4904.0, 4948.0, 4960.0, 4986.0]}}}