{"AcquisitionMatrixPE": 96, "AcquisitionNumber": 1, "AcquisitionTime": "07:23:21.005000", "BandwidthPerPixelPhaseEncode": 33.602, "BaseResolution": 96, "BodyPartExamined": "BRAIN", "ConsistencyInfo": "N4_VD11D_LATEST_20110129", "ConversionSoftware": "dcm2niix", "ConversionSoftwareVersion": "v1.0.20210317", "DerivedVendorReportedEchoSpacing": 0.000620003, "DeviceSerialNumber": "45239", "DwellTime": 2.6e-06, "EchoTime": 0.03, "EchoTrainLength": 48, "EffectiveEchoSpacing": 0.000310001, "FlipAngle": 63, "ImageComments": "Unaliased MB4/PE3", "ImageOrientationPatientDICOM": [0.99943, 0.0123297, 0.0314426, 0.00643396, 0.844425, -0.535635], "ImageType": ["ORIGINAL", "PRIMARY", "M", "ND", "NORM", "MOSAIC"], "ImagingFrequency": 123.193, "InPlanePhaseEncodingDirectionDICOM": "COL", "InstitutionAddress": "E 24th St. 100,Austin,Southmiddle,US,78712", "InstitutionName": "Univ of Texas at Austin", "InstitutionalDepartmentName": "IRC", "MRAcquisitionType": "2D", "MagneticFieldStrength": 3, "Manufacturer": "Siemens", "ManufacturersModelName": "Skyra", "Modality": "MR", "MultibandAccelerationFactor": 4, "ParallelReductionFactorInPlane": 2, "PartialFourier": 1, "PatientPosition": "HFS", "PercentPhaseFOV": 100, "PercentSampling": 100, "PhaseEncodingDirection": "j-", "PhaseEncodingSteps": 96, "PhaseResolution": 1, "PixelBandwidth": 2005, "ProcedureStepDescription": "Poldrack2^self-scanning", "ProtocolName": "Resting State fMRI MBEPI_matrix96_BW2004", "PulseSequenceDetails": "%CustomerSeq%\\cmrr_mbep2d_bold", "ReceiveCoilActiveElements": "HEA;HEP", "ReceiveCoilName": "Head_32", "ReconMatrixPE": 96, "RefLinesPE": 94, "RepetitionTime": 1.16, "SAR": 0.0944922, "ScanOptions": "FS", "ScanningSequence": "EP", "SequenceName": "epfid2d1_96", "SequenceVariant": "SK", "SeriesDescription": "Resting State fMRI MBEPI_matrix96_BW2004", "SeriesNumber": 9, "ShimSetting": [-2771, 8062, -15425, 194, -211, 210, 213, -72], "SliceThickness": 2, "SliceTiming": [0, 0.5, 0.9975, 0.3575, 0.855, 0.215, 0.7125, 0.0725, 0.57, 1.0675, 0.4275, 0.925, 0.285, 0.7825, 0.1425, 0.64, 0, 0.5, 0.9975, 0.3575, 0.855, 0.215, 0.7125, 0.0725, 0.57, 1.0675, 0.4275, 0.925, 0.285, 0.7825, 0.1425, 0.64, 0, 0.5, 0.9975, 0.3575, 0.855, 0.215, 0.7125, 0.0725, 0.57, 1.0675, 0.4275, 0.925, 0.285, 0.7825, 0.1425, 0.64, 0, 0.5, 0.9975, 0.3575, 0.855, 0.215, 0.7125, 0.0725, 0.57, 1.0675, 0.4275, 0.925, 0.285, 0.7825, 0.1425, 0.64], "SoftwareVersions": "syngo MR D11", "SpacingBetweenSlices": 2.4, "StationName": "AWP45239", "TaskName": "Resting fmri", "TotalReadoutTime": 0.0294501, "TxRefAmp": 333.943, "WipMemBlock": "a45a1f81-423f-4504-b8c4-2729e17c2f57||Sequence: VD11D r206; Feb 13 2013 18:52:04 by eja", "dcmmeta_affine": [[-2.3944664001464844, 0.01541470643132925, 0.0795724168419838, 115.41473388671875], [-0.02953989803791046, 2.0231010913848877, -1.285277247428894, -72.20878601074219], [0.07533133774995804, 1.2832932472229004, 2.025273084640503, -90.74694061279297], [0.0, 0.0, 0.0, 1.0]], "dcmmeta_reorient_transform": [[0.0, -1.0, 0.0, 95.0], [1.0, 0.0, 0.0, 0.0], [0.0, 0.0, 1.0, 0.0], [0.0, 0.0, 0.0, 1.0]], "dcmmeta_shape": [96, 96, 64, 518], "dcmmeta_slice_dim": 2, "dcmmeta_version": 0.6, "global": {"const": {"AcquisitionMatrix": [96, 0, 0, 96], "AngioFlag": "N", "BitsAllocated": 16, "BitsStored": 16, "BodyPartExamined": "BRAIN", "Columns": 768, "EchoNumbers": 1, "EchoTime": 30.0, "EchoTrainLength": 48, "FlipAngle": 63.0, "HighBit": 15, "ImageOrientationPatient": [0.99942950656147, 0.01232969679323, 0.0314426460605, 0.00643396476933, 0.84442481050108, -0.5356354576646], "ImagePositionPatient": [-926.59919679298, -809.6731716969, 437.04111762691], "ImageType": ["ORIGINAL", "PRIMARY", "M", "ND", "NORM", "MOSAIC"], "ImagedNucleus": "1H", "ImagingFrequency": 123.193334, "InPlanePhaseEncodingDirection": "COL", "MRAcquisitionType": "2D", "MagneticFieldStrength": 3.0, "Manufacturer": "SIEMENS", "ManufacturerModelName": "Skyra", "Modality": "MR", "NumberOfAverages": 1.0, "NumberOfPhaseEncodingSteps": 96, "PercentPhaseFieldOfView": 100.0, "PercentSampling": 100.0, "PerformedProcedureStepStartTime": "071130.921000", "PhotometricInterpretation": "MONOCHROME2", "PixelBandwidth": 2005.0, "PixelRepresentation": 0, "PixelSpacing": [2.3958332538605, 2.3958332538605], "ProtocolName": "Resting State fMRI MBEPI_matrix96_BW2004", "RepetitionTime": 1160.0, "Rows": 768, "SAR": 0.09449216336874, "SamplesPerPixel": 1, "ScanOptions": "FS", "ScanningSequence": "EP", "SequenceName": "epfid2d1_96", "SequenceVariant": "SK", "SeriesDescription": "Resting State fMRI MBEPI_matrix96_BW2004", "SeriesNumber": 9, "SeriesTime": "072400.140000", "SliceLocation": -34.081330186153, "SliceThickness": 2.0, "SmallestImagePixelValue": 0, "SoftwareVersions": "syngo MR D11", "SpacingBetweenSlices": 2.3999999878322, "SpecificCharacterSet": "ISO_IR 100", "StudyID": "1", "StudyTime": "071130.875000", "TransmitCoilName": "Body", "VariableFlipAngleFlag": "N", "WindowCenterWidthExplanation": "Algo1", "dBdt": 0.0}, "slices": {}}, "time": {"samples": {"AcquisitionNumber": [1, 2, 3, 4, 5, 6, 7, 8, 9, 10, 11, 12, 13, 14, 15, 16, 17, 18, 19, 20, 21, 22, 23, 24, 25, 26, 27, 28, 29, 30, 31, 32, 33, 34, 35, 36, 37, 38, 39, 40, 41, 42, 43, 44, 45, 46, 47, 48, 49, 50, 51, 52, 53, 54, 55, 56, 57, 58, 59, 60, 61, 62, 63, 64, 65, 66, 67, 68, 69, 70, 71, 72, 73, 74, 75, 76, 77, 78, 79, 80, 81, 82, 83, 84, 85, 86, 87, 88, 89, 90, 91, 92, 93, 94, 95, 96, 97, 98, 99, 100, 101, 102, 103, 104, 105, 106, 107, 108, 109, 110, 111, 112, 113, 114, 115, 116, 117, 118, 119, 120, 121, 122, 123, 124, 125, 126, 127, 128, 129, 130, 131, 132, 133, 134, 135, 136, 137, 138, 139, 140, 141, 142, 143, 144, 145, 146, 147, 148, 149, 150, 151, 152, 153, 154, 155, 156, 157, 158, 159, 160, 161, 162, 163, 164, 165, 166, 167, 168, 169, 170, 171, 172, 173, 174, 175, 176, 177, 178, 179, 180, 181, 182, 183, 184, 185, 186, 187, 188, 189, 190, 191, 192, 193, 194, 195, 196, 197, 198, 199, 200, 201, 202, 203, 204, 205, 206, 207, 208, 209, 210, 211, 212, 213, 214, 215, 216, 217, 218, 219, 220, 221, 222, 223, 224, 225, 226, 227, 228, 229, 230, 231, 232, 233, 234, 235, 236, 237, 238, 239, 240, 241, 242, 243, 244, 245, 246, 247, 248, 249, 250, 251, 252, 253, 254, 255, 256, 257, 258, 259, 260, 261, 262, 263, 264, 265, 266, 267, 268, 269, 270, 271, 272, 273, 274, 275, 276, 277, 278, 279, 280, 281, 282, 283, 284, 285, 286, 287, 288, 289, 290, 291, 292, 293, 294, 295, 296, 297, 298, 299, 300, 301, 302, 303, 304, 305, 306, 307, 308, 309, 310, 311, 312, 313, 314, 315, 316, 317, 318, 319, 320, 321, 322, 323, 324, 325, 326, 327, 328, 329, 330, 331, 332, 333, 334, 335, 336, 337, 338, 339, 340, 341, 342, 343, 344, 345, 346, 347, 348, 349, 350, 351, 352, 353, 354, 355, 356, 357, 358, 359, 360, 361, 362, 363, 364, 365, 366, 367, 368, 369, 370, 371, 372, 373, 374, 375, 376, 377, 378, 379, 380, 381, 382, 383, 384, 385, 386, 387, 388, 389, 390, 391, 392, 393, 394, 395, 396, 397, 398, 399, 400, 401, 402, 403, 404, 405, 406, 407, 408, 409, 410, 411, 412, 413, 414, 415, 416, 417, 418, 419, 420, 421, 422, 423, 424, 425, 426, 427, 428, 429, 430, 431, 432, 433, 434, 435, 436, 437, 438, 439, 440, 441, 442, 443, 444, 445, 446, 447, 448, 449, 450, 451, 452, 453, 454, 455, 456, 457, 458, 459, 460, 461, 462, 463, 464, 465, 466, 467, 468, 469, 470, 471, 472, 473, 474, 475, 476, 477, 478, 479, 480, 481, 482, 483, 484, 485, 486, 487, 488, 489, 490, 491, 492, 493, 494, 495, 496, 497, 498, 499, 500, 501, 502, 503, 504, 505, 506, 507, 508, 509, 510, 511, 512, 513, 514, 515, 516, 517, 518], "AcquisitionTime": ["072321.005000", "072350.005000", "072351.165000", "072352.325000", "072353.485000", "072354.645000", "072355.805000", "072356.965000", "072358.125000", "072359.285000", "072400.445000", "072401.605000", "072402.765000", "072403.925000", "072405.085000", "072406.245000", "072407.405000", "072408.565000", "072409.725000", "072410.885000", "072412.045000", "072413.205000", "072414.365000", "072415.525000", "072416.685000", "072417.845000", "072419.005000", "072420.165000", "072421.325000", "072422.485000", "072423.645000", "072424.805000", "072425.965000", "072427.125000", "072428.285000", "072429.445000", "072430.605000", "072431.765000", "072432.925000", "072434.085000", "072435.245000", "072436.405000", "072437.565000", "072438.725000", "072439.885000", "072441.045000", "072442.205000", "072443.365000", "072444.525000", "072445.685000", "072446.845000", "072448.005000", "072449.165000", "072450.325000", "072451.485000", "072452.645000", "072453.805000", "072454.965000", "072456.125000", "072457.285000", "072458.445000", "072459.605000", "072500.765000", "072501.925000", "072503.085000", "072504.245000", "072505.405000", "072506.565000", "072507.725000", "072508.885000", "072510.045000", "072511.205000", "072512.365000", "072513.525000", "072514.685000", "072515.845000", "072517.005000", "072518.165000", "072519.325000", "072520.485000", "072521.645000", "072522.805000", "072523.965000", "072525.125000", "072526.285000", "072527.445000", "072528.605000", "072529.765000", "072530.925000", "072532.085000", "072533.245000", "072534.405000", "072535.565000", "072536.725000", "072537.885000", "072539.045000", "072540.205000", "072541.365000", "072542.525000", "072543.685000", "072544.845000", "072546.005000", "072547.165000", "072548.327500", "072549.487500", "072550.647500", "072551.807500", "072552.967500", "072554.127500", "072555.287500", "072556.447500", "072557.607500", "072558.767500", "072559.927500", "072601.087500", "072602.247500", "072603.407500", "072604.567500", "072605.727500", "072606.887500", "072608.047500", "072609.207500", "072610.367500", "072611.527500", "072612.687500", "072613.847500", "072615.007500", "072616.167500", "072617.327500", "072618.487500", "072619.647500", "072620.807500", "072621.967500", "072623.127500", "072624.287500", "072625.447500", "072626.607500", "072627.767500", "072628.927500", "072630.087500", "072631.247500", "072632.407500", "072633.567500", "072634.727500", "072635.887500", "072637.047500", "072638.207500", "072639.367500", "072640.527500", "072641.687500", "072642.847500", "072644.007500", "072645.167500", "072646.327500", "072647.487500", "072648.647500", "072649.807500", "072650.967500", "072652.127500", "072653.287500", "072654.447500", "072655.607500", "072656.767500", "072657.927500", "072659.087500", "072700.247500", "072701.407500", "072702.567500", "072703.727500", "072704.887500", "072706.047500", "072707.207500", "072708.367500", "072709.527500", "072710.687500", "072711.847500", "072713.007500", "072714.167500", "072715.327500", "072716.487500", "072717.647500", "072718.807500", "072719.967500", "072721.127500", "072722.287500", "072723.447500", "072724.607500", "072725.767500", "072726.927500", "072728.087500", "072729.247500", "072730.407500", "072731.567500", "072732.727500", "072733.887500", "072735.047500", "072736.207500", "072737.367500", "072738.527500", "072739.687500", "072740.847500", "072742.007500", "072743.167500", "072744.327500", "072745.487500", "072746.647500", "072747.807500", "072748.967500", "072750.127500", "072751.287500", "072752.447500", "072753.607500", "072754.767500", "072755.927500", "072757.087500", "072758.247500", "072759.407500", "072800.567500", "072801.727500", "072802.887500", "072804.047500", "072805.207500", "072806.367500", "072807.527500", "072808.687500", "072809.847500", "072811.007500", "072812.167500", "072813.327500", "072814.487500", "072815.647500", "072816.807500", "072817.967500", "072819.127500", "072820.287500", "072821.447500", "072822.607500", "072823.767500", "072824.927500", "072826.087500", "072827.247500", "072828.407500", "072829.567500", "072830.727500", "072831.887500", "072833.047500", "072834.207500", "072835.367500", "072836.527500", "072837.687500", "072838.847500", "072840.007500", "072841.167500", "072842.327500", "072843.487500", "072844.647500", "072845.807500", "072846.967500", "072848.127500", "072849.287500", "072850.447500", "072851.607500", "072852.767500", "072853.927500", "072855.087500", "072856.247500", "072857.407500", "072858.567500", "072859.727500", "072900.887500", "072902.047500", "072903.207500", "072904.367500", "072905.527500", "072906.687500", "072907.847500", "072909.007500", "072910.167500", "072911.327500", "072912.487500", "072913.647500", "072914.807500", "072915.967500", "072917.127500", "072918.287500", "072919.447500", "072920.607500", "072921.767500", "072922.927500", "072924.087500", "072925.247500", "072926.407500", "072927.567500", "072928.727500", "072929.887500", "072931.047500", "072932.207500", "072933.367500", "072934.527500", "072935.687500", "072936.847500", "072938.007500", "072939.167500", "072940.327500", "072941.487500", "072942.647500", "072943.807500", "072944.967500", "072946.127500", "072947.287500", "072948.447500", "072949.607500", "072950.767500", "072951.927500", "072953.087500", "072954.247500", "072955.407500", "072956.567500", "072957.727500", "072958.887500", "073000.047500", "073001.207500", "073002.367500", "073003.527500", "073004.687500", "073005.847500", "073007.007500", "073008.167500", "073009.327500", "073010.487500", "073011.647500", "073012.807500", "073013.967500", "073015.127500", "073016.287500", "073017.447500", "073018.607500", "073019.767500", "073020.927500", "073022.087500", "073023.247500", "073024.407500", "073025.567500", "073026.727500", "073027.887500", "073029.047500", "073030.207500", "073031.367500", "073032.527500", "073033.687500", "073034.847500", "073036.007500", "073037.167500", "073038.330000", "073039.490000", "073040.650000", "073041.810000", "073042.970000", "073044.130000", "073045.290000", "073046.450000", "073047.610000", "073048.770000", "073049.930000", "073051.090000", "073052.250000", "073053.410000", "073054.570000", "073055.730000", "073056.890000", "073058.050000", "073059.210000", "073100.370000", "073101.530000", "073102.690000", "073103.850000", "073105.010000", "073106.170000", "073107.330000", "073108.490000", "073109.650000", "073110.810000", "073111.970000", "073113.130000", "073114.290000", "073115.450000", "073116.610000", "073117.770000", "073118.930000", "073120.090000", "073121.250000", "073122.410000", "073123.570000", "073124.730000", "073125.890000", "073127.050000", "073128.210000", "073129.370000", "073130.530000", "073131.690000", "073132.850000", "073134.010000", "073135.170000", "073136.330000", "073137.490000", "073138.650000", "073139.810000", "073140.970000", "073142.130000", "073143.290000", "073144.450000", "073145.610000", "073146.770000", "073147.930000", "073149.090000", "073150.250000", "073151.410000", "073152.570000", "073153.730000", "073154.890000", "073156.050000", "073157.210000", "073158.370000", "073159.530000", "073200.690000", "073201.850000", "073203.010000", "073204.170000", "073205.330000", "073206.490000", "073207.650000", "073208.810000", "073209.970000", "073211.130000", "073212.290000", "073213.450000", "073214.610000", "073215.770000", "073216.930000", "073218.090000", "073219.250000", "073220.410000", "073221.570000", "073222.730000", "073223.890000", "073225.050000", "073226.210000", "073227.370000", "073228.530000", "073229.690000", "073230.850000", "073232.010000", "073233.170000", "073234.330000", "073235.490000", "073236.650000", "073237.810000", "073238.970000", "073240.130000", "073241.290000", "073242.450000", "073243.610000", "073244.770000", "073245.930000", "073247.090000", "073248.250000", "073249.410000", "073250.570000", "073251.730000", "073252.890000", "073254.050000", "073255.210000", "073256.370000", "073257.530000", "073258.690000", "073259.850000", "073301.010000", "073302.170000", "073303.330000", "073304.490000", "073305.650000", "073306.810000", "073307.970000", "073309.130000", "073310.290000", "073311.450000", "073312.610000", "073313.770000", "073314.930000", "073316.090000", "073317.250000", "073318.410000", "073319.570000", "073320.730000", "073321.890000", "073323.050000", "073324.210000", "073325.370000", "073326.530000", "073327.690000", "073328.850000", "073330.010000", "073331.170000", "073332.330000", "073333.490000", "073334.650000", "073335.810000", "073336.970000", "073338.130000", "073339.290000", "073340.450000", "073341.610000", "073342.770000", "073343.930000", "073345.090000", "073346.250000", "073347.410000", "073348.570000"], "ContentTime": ["072400.140000", "072405.343000", "072405.343000", "072405.343000", "072405.343000", "072410.343000", "072410.343000", "072410.343000", "072410.343000", "072410.359000", "072415.343000", "072415.359000", "072415.359000", "072420.343000", "072420.343000", "072420.343000", "072420.343000", "072425.343000", "072425.343000", "072425.343000", "072430.343000", "072430.343000", "072430.343000", "072430.343000", "072435.343000", "072435.343000", "072435.343000", "072435.343000", "072440.343000", "072440.343000", "072440.343000", "072440.343000", "072445.343000", "072445.343000", "072445.343000", "072450.343000", "072450.343000", "072450.343000", "072450.343000", "072455.343000", "072455.343000", "072455.343000", "072455.343000", "072500.343000", "072500.343000", "072500.343000", "072500.343000", "072505.343000", "072505.359000", "072505.359000", "072510.343000", "072510.343000", "072510.359000", "072510.359000", "072515.343000", "072515.343000", "072515.343000", "072515.343000", "072520.343000", "072520.343000", "072520.359000", "072525.343000", "072525.343000", "072525.343000", "072525.343000", "072530.343000", "072530.343000", "072530.343000", "072535.343000", "072535.359000", "072535.359000", "072535.359000", "072535.359000", "072540.343000", "072540.343000", "072540.343000", "072545.343000", "072545.343000", "072545.343000", "072550.343000", "072550.343000", "072550.343000", "072550.343000", "072555.343000", "072555.343000", "072555.343000", "072555.359000", "072600.343000", "072600.343000", "072600.359000", "072600.359000", "072605.343000", "072605.343000", "072605.343000", "072610.343000", "072610.343000", "072610.343000", "072610.343000", "072615.343000", "072615.343000", "072615.343000", "072620.343000", "072620.343000", "072620.343000", "072620.359000", "072625.343000", "072625.343000", "072625.359000", "072625.359000", "072630.343000", "072630.343000", "072630.343000", "072635.343000", "072635.343000", "072635.359000", "072635.359000", "072640.343000", "072640.343000", "072640.343000", "072640.343000", "072645.343000", "072645.343000", "072645.343000", "072650.343000", "072650.343000", "072650.343000", "072650.343000", "072655.343000", "072655.343000", "072655.343000", "072655.359000", "072700.343000", "072700.343000", "072700.343000", "072700.343000", "072705.343000", "072705.343000", "072705.343000", "072710.343000", "072710.343000", "072710.343000", "072710.343000", "072715.343000", "072715.343000", "072715.343000", "072720.343000", "072720.343000", "072720.343000", "072720.343000", "072725.343000", "072725.343000", "072725.343000", "072725.343000", "072730.343000", "072730.343000", "072730.343000", "072735.343000", "072735.343000", "072735.343000", "072735.343000", "072740.343000", "072740.343000", "072740.343000", "072740.343000", "072745.343000", "072745.343000", "072745.343000", "072745.343000", "072750.343000", "072750.343000", "072750.343000", "072755.343000", "072755.343000", "072755.343000", "072755.343000", "072800.343000", "072800.343000", "072800.359000", "072805.343000", "072805.343000", "072805.343000", "072805.343000", "072810.343000", "072810.343000", "072810.343000", "072810.359000", "072815.343000", "072815.343000", "072815.343000", "072820.343000", "072820.343000", "072820.359000", "072820.359000", "072825.343000", "072825.343000", "072825.343000", "072825.343000", "072830.343000", "072830.343000", "072830.343000", "072835.343000", "072835.343000", "072835.359000", "072835.359000", "072840.343000", "072840.343000", "072840.343000", "072840.343000", "072845.343000", "072845.343000", "072845.343000", "072845.359000", "072850.343000", "072850.343000", "072850.343000", "072855.343000", "072855.343000", "072855.343000", "072855.343000", "072900.343000", "072900.343000", "072900.343000", "072905.343000", "072905.343000", "072905.359000", "072905.359000", "072910.343000", "072910.343000", "072910.343000", "072910.343000", "072915.343000", "072915.343000", "072915.343000", "072920.343000", "072920.343000", "072920.343000", "072920.343000", "072925.343000", "072925.343000", "072925.343000", "072925.359000", "072930.343000", "072930.343000", "072930.343000", "072935.343000", "072935.343000", "072935.359000", "072935.359000", "072940.343000", "072940.343000", "072940.343000", "072940.343000", "072945.343000", "072945.343000", "072945.343000", "072945.343000", "072950.343000", "072950.343000", "072950.343000", "072950.359000", "072955.343000", "072955.343000", "072955.343000", "072955.343000", "073000.343000", "073000.343000", "073000.343000", "073005.343000", "073005.343000", "073005.343000", "073005.359000", "073010.343000", "073010.343000", "073010.343000", "073010.359000", "073015.343000", "073015.359000", "073015.359000", "073020.343000", "073020.359000", "073020.359000", "073020.359000", "073025.343000", "073025.343000", "073025.343000", "073025.343000", "073030.343000", "073030.343000", "073030.343000", "073030.343000", "073035.343000", "073035.375000", "073035.375000", "073035.375000", "073040.343000", "073040.343000", "073040.343000", "073040.343000", "073045.343000", "073045.343000", "073045.343000", "073050.343000", "073050.343000", "073050.343000", "073050.343000", "073055.343000", "073055.343000", "073055.343000", "073055.343000", "073100.343000", "073100.343000", "073100.343000", "073100.343000", "073105.343000", "073105.343000", "073105.343000", "073105.343000", "073110.343000", "073110.343000", "073110.343000", "073115.343000", "073115.343000", "073115.343000", "073115.343000", "073120.343000", "073120.343000", "073120.343000", "073120.343000", "073125.343000", "073125.343000", "073125.343000", "073125.359000", "073130.343000", "073130.343000", "073130.343000", "073130.343000", "073135.343000", "073135.343000", "073135.343000", "073140.343000", "073140.343000", "073140.343000", "073140.343000", "073145.343000", "073145.343000", "073145.343000", "073150.343000", "073150.343000", "073150.343000", "073150.343000", "073155.343000", "073155.343000", "073155.343000", "073155.343000", "073200.343000", "073200.343000", "073200.343000", "073200.343000", "073205.343000", "073205.343000", "073205.343000", "073210.343000", "073210.343000", "073210.343000", "073210.343000", "073215.343000", "073215.343000", "073215.343000", "073220.343000", "073220.343000", "073220.343000", "073220.343000", "073225.343000", "073225.343000", "073225.343000", "073225.359000", "073230.343000", "073230.343000", "073230.343000", "073230.359000", "073235.343000", "073235.359000", "073235.359000", "073235.359000", "073240.343000", "073240.343000", "073240.343000", "073245.343000", "073245.343000", "073245.343000", "073245.343000", "073250.343000", "073250.343000", "073250.343000", "073250.343000", "073255.343000", "073255.343000", "073255.359000", "073300.343000", "073300.343000", "073300.343000", "073300.359000", "073305.343000", "073305.343000", "073305.343000", "073305.343000", "073310.343000", "073310.343000", "073310.343000", "073315.343000", "073315.343000", "073315.390000", "073315.390000", "073320.343000", "073320.343000", "073320.343000", "073320.343000", "073325.343000", "073325.343000", "073325.343000", "073330.343000", "073330.343000", "073330.359000", "073330.359000", "073335.343000", "073335.343000", "073335.343000", "073340.343000", "073340.343000", "073340.343000", "073340.359000", "073345.359000", "073345.359000", "073345.359000", "073345.375000", "073350.343000", "073350.343000", "073350.343000", "073350.359000", "073355.343000", "073355.343000", "073355.343000", "073355.343000", "073400.343000", "073400.343000", "073400.343000", "073405.343000", "073405.343000", "073405.343000", "073405.359000", "073410.343000", "073410.343000", "073410.343000", "073410.359000", "073415.343000", "073415.343000", "073415.343000", "073415.343000", "073420.343000", "073420.343000", "073420.343000", "073420.343000", "073425.343000", "073425.343000", "073425.343000", "073425.343000", "073430.343000", "073430.343000", "073430.343000", "073435.343000", "073435.343000", "073435.343000", "073435.343000", "073440.343000", "073440.343000", "073440.343000", "073440.343000", "073445.343000", "073445.343000", "073445.343000", "073445.343000", "073450.343000", "073450.343000", "073450.343000", "073450.359000", "073500.343000", "073500.359000", "073500.359000", "073500.359000", "073500.359000", "073500.359000", "073500.375000", "073500.375000", "073505.343000", "073505.343000", "073505.343000", "073505.343000", "073505.359000", "073510.343000", "073510.343000", "073510.343000", "073510.343000", "073515.343000", "073515.343000", "073515.343000", "073515.343000", "073520.343000", "073520.343000", "073520.343000", "073520.343000", "073525.343000", "073525.343000", "073525.343000", "073525.343000", "073529.515000", "073529.515000", "073529.531000", "073529.531000"], "InstanceCreationTime": ["072400.140000", "072405.343000", "072405.343000", "072405.343000", "072405.343000", "072410.343000", "072410.343000", "072410.343000", "072410.343000", "072410.359000", "072415.343000", "072415.359000", "072415.359000", "072420.343000", "072420.343000", "072420.343000", "072420.343000", "072425.343000", "072425.343000", "072425.343000", "072430.343000", "072430.343000", "072430.343000", "072430.343000", "072435.343000", "072435.343000", "072435.343000", "072435.343000", "072440.343000", "072440.343000", "072440.343000", "072440.343000", "072445.343000", "072445.343000", "072445.343000", "072450.343000", "072450.343000", "072450.343000", "072450.343000", "072455.343000", "072455.343000", "072455.343000", "072455.343000", "072500.343000", "072500.343000", "072500.343000", "072500.343000", "072505.343000", "072505.359000", "072505.359000", "072510.343000", "072510.343000", "072510.359000", "072510.359000", "072515.343000", "072515.343000", "072515.343000", "072515.343000", "072520.343000", "072520.343000", "072520.359000", "072525.343000", "072525.343000", "072525.343000", "072525.343000", "072530.343000", "072530.343000", "072530.343000", "072535.343000", "072535.359000", "072535.359000", "072535.359000", "072535.359000", "072540.343000", "072540.343000", "072540.343000", "072545.343000", "072545.343000", "072545.343000", "072550.343000", "072550.343000", "072550.343000", "072550.343000", "072555.343000", "072555.343000", "072555.343000", "072555.359000", "072600.343000", "072600.343000", "072600.359000", "072600.359000", "072605.343000", "072605.343000", "072605.343000", "072610.343000", "072610.343000", "072610.343000", "072610.343000", "072615.343000", "072615.343000", "072615.343000", "072620.343000", "072620.343000", "072620.343000", "072620.359000", "072625.343000", "072625.343000", "072625.359000", "072625.359000", "072630.343000", "072630.343000", "072630.343000", "072635.343000", "072635.343000", "072635.359000", "072635.359000", "072640.343000", "072640.343000", "072640.343000", "072640.343000", "072645.343000", "072645.343000", "072645.343000", "072650.343000", "072650.343000", "072650.343000", "072650.343000", "072655.343000", "072655.343000", "072655.343000", "072655.359000", "072700.343000", "072700.343000", "072700.343000", "072700.343000", "072705.343000", "072705.343000", "072705.343000", "072710.343000", "072710.343000", "072710.343000", "072710.343000", "072715.343000", "072715.343000", "072715.343000", "072720.343000", "072720.343000", "072720.343000", "072720.343000", "072725.343000", "072725.343000", "072725.343000", "072725.343000", "072730.343000", "072730.343000", "072730.343000", "072735.343000", "072735.343000", "072735.343000", "072735.343000", "072740.343000", "072740.343000", "072740.343000", "072740.343000", "072745.343000", "072745.343000", "072745.343000", "072745.343000", "072750.343000", "072750.343000", "072750.343000", "072755.343000", "072755.343000", "072755.343000", "072755.343000", "072800.343000", "072800.343000", "072800.359000", "072805.343000", "072805.343000", "072805.343000", "072805.343000", "072810.343000", "072810.343000", "072810.343000", "072810.359000", "072815.343000", "072815.343000", "072815.343000", "072820.343000", "072820.343000", "072820.359000", "072820.359000", "072825.343000", "072825.343000", "072825.343000", "072825.343000", "072830.343000", "072830.343000", "072830.343000", "072835.343000", "072835.343000", "072835.359000", "072835.359000", "072840.343000", "072840.343000", "072840.343000", "072840.343000", "072845.343000", "072845.343000", "072845.343000", "072845.359000", "072850.343000", "072850.343000", "072850.343000", "072855.343000", "072855.343000", "072855.343000", "072855.343000", "072900.343000", "072900.343000", "072900.343000", "072905.343000", "072905.343000", "072905.359000", "072905.359000", "072910.343000", "072910.343000", "072910.343000", "072910.343000", "072915.343000", "072915.343000", "072915.343000", "072920.343000", "072920.343000", "072920.343000", "072920.343000", "072925.343000", "072925.343000", "072925.343000", "072925.359000", "072930.343000", "072930.343000", "072930.343000", "072935.343000", "072935.343000", "072935.359000", "072935.359000", "072940.343000", "072940.343000", "072940.343000", "072940.343000", "072945.343000", "072945.343000", "072945.343000", "072945.343000", "072950.343000", "072950.343000", "072950.343000", "072950.359000", "072955.343000", "072955.343000", "072955.343000", "072955.343000", "073000.343000", "073000.343000", "073000.343000", "073005.343000", "073005.343000", "073005.343000", "073005.359000", "073010.343000", "073010.343000", "073010.343000", "073010.359000", "073015.343000", "073015.359000", "073015.359000", "073020.343000", "073020.359000", "073020.359000", "073020.359000", "073025.343000", "073025.343000", "073025.343000", "073025.343000", "073030.343000", "073030.343000", "073030.343000", "073030.343000", "073035.343000", "073035.375000", "073035.375000", "073035.375000", "073040.343000", "073040.343000", "073040.343000", "073040.343000", "073045.343000", "073045.343000", "073045.343000", "073050.343000", "073050.343000", "073050.343000", "073050.343000", "073055.343000", "073055.343000", "073055.343000", "073055.343000", "073100.343000", "073100.343000", "073100.343000", "073100.343000", "073105.343000", "073105.343000", "073105.343000", "073105.343000", "073110.343000", "073110.343000", "073110.343000", "073115.343000", "073115.343000", "073115.343000", "073115.343000", "073120.343000", "073120.343000", "073120.343000", "073120.343000", "073125.343000", "073125.343000", "073125.343000", "073125.359000", "073130.343000", "073130.343000", "073130.343000", "073130.343000", "073135.343000", "073135.343000", "073135.343000", "073140.343000", "073140.343000", "073140.343000", "073140.343000", "073145.343000", "073145.343000", "073145.343000", "073150.343000", "073150.343000", "073150.343000", "073150.343000", "073155.343000", "073155.343000", "073155.343000", "073155.343000", "073200.343000", "073200.343000", "073200.343000", "073200.343000", "073205.343000", "073205.343000", "073205.343000", "073210.343000", "073210.343000", "073210.343000", "073210.343000", "073215.343000", "073215.343000", "073215.343000", "073220.343000", "073220.343000", "073220.343000", "073220.343000", "073225.343000", "073225.343000", "073225.343000", "073225.359000", "073230.343000", "073230.343000", "073230.343000", "073230.359000", "073235.343000", "073235.359000", "073235.359000", "073235.359000", "073240.343000", "073240.343000", "073240.343000", "073245.343000", "073245.343000", "073245.343000", "073245.343000", "073250.343000", "073250.343000", "073250.343000", "073250.343000", "073255.343000", "073255.343000", "073255.359000", "073300.343000", "073300.343000", "073300.343000", "073300.359000", "073305.343000", "073305.343000", "073305.343000", "073305.343000", "073310.343000", "073310.343000", "073310.343000", "073315.343000", "073315.343000", "073315.390000", "073315.390000", "073320.343000", "073320.343000", "073320.343000", "073320.343000", "073325.343000", "073325.343000", "073325.343000", "073330.343000", "073330.343000", "073330.359000", "073330.359000", "073335.343000", "073335.343000", "073335.343000", "073340.343000", "073340.343000", "073340.343000", "073340.359000", "073345.359000", "073345.359000", "073345.359000", "073345.375000", "073350.343000", "073350.343000", "073350.343000", "073350.359000", "073355.343000", "073355.343000", "073355.343000", "073355.343000", "073400.343000", "073400.343000", "073400.343000", "073405.343000", "073405.343000", "073405.343000", "073405.359000", "073410.343000", "073410.343000", "073410.343000", "073410.359000", "073415.343000", "073415.343000", "073415.343000", "073415.343000", "073420.343000", "073420.343000", "073420.343000", "073420.343000", "073425.343000", "073425.343000", "073425.343000", "073425.343000", "073430.343000", "073430.343000", "073430.343000", "073435.343000", "073435.343000", "073435.343000", "073435.343000", "073440.343000", "073440.343000", "073440.343000", "073440.343000", "073445.343000", "073445.343000", "073445.343000", "073445.343000", "073450.343000", "073450.343000", "073450.343000", "073450.359000", "073500.343000", "073500.359000", "073500.359000", "073500.359000", "073500.359000", "073500.359000", "073500.375000", "073500.375000", "073505.343000", "073505.343000", "073505.343000", "073505.343000", "073505.359000", "073510.343000", "073510.343000", "073510.343000", "073510.343000", "073515.343000", "073515.343000", "073515.343000", "073515.343000", "073520.343000", "073520.343000", "073520.343000", "073520.343000", "073525.343000", "073525.343000", "073525.343000", "073525.343000", "073529.515000", "073529.515000", "073529.531000", "073529.531000"], "InstanceNumber": [1, 2, 3, 4, 5, 6, 7, 8, 9, 10, 11, 12, 13, 14, 15, 16, 17, 18, 19, 20, 21, 22, 23, 24, 25, 26, 27, 28, 29, 30, 31, 32, 33, 34, 35, 36, 37, 38, 39, 40, 41, 42, 43, 44, 45, 46, 47, 48, 49, 50, 51, 52, 53, 54, 55, 56, 57, 58, 59, 60, 61, 62, 63, 64, 65, 66, 67, 68, 69, 70, 71, 72, 73, 74, 75, 76, 77, 78, 79, 80, 81, 82, 83, 84, 85, 86, 87, 88, 89, 90, 91, 92, 93, 94, 95, 96, 97, 98, 99, 100, 101, 102, 103, 104, 105, 106, 107, 108, 109, 110, 111, 112, 113, 114, 115, 116, 117, 118, 119, 120, 121, 122, 123, 124, 125, 126, 127, 128, 129, 130, 131, 132, 133, 134, 135, 136, 137, 138, 139, 140, 141, 142, 143, 144, 145, 146, 147, 148, 149, 150, 151, 152, 153, 154, 155, 156, 157, 158, 159, 160, 161, 162, 163, 164, 165, 166, 167, 168, 169, 170, 171, 172, 173, 174, 175, 176, 177, 178, 179, 180, 181, 182, 183, 184, 185, 186, 187, 188, 189, 190, 191, 192, 193, 194, 195, 196, 197, 198, 199, 200, 201, 202, 203, 204, 205, 206, 207, 208, 209, 210, 211, 212, 213, 214, 215, 216, 217, 218, 219, 220, 221, 222, 223, 224, 225, 226, 227, 228, 229, 230, 231, 232, 233, 234, 235, 236, 237, 238, 239, 240, 241, 242, 243, 244, 245, 246, 247, 248, 249, 250, 251, 252, 253, 254, 255, 256, 257, 258, 259, 260, 261, 262, 263, 264, 265, 266, 267, 268, 269, 270, 271, 272, 273, 274, 275, 276, 277, 278, 279, 280, 281, 282, 283, 284, 285, 286, 287, 288, 289, 290, 291, 292, 293, 294, 295, 296, 297, 298, 299, 300, 301, 302, 303, 304, 305, 306, 307, 308, 309, 310, 311, 312, 313, 314, 315, 316, 317, 318, 319, 320, 321, 322, 323, 324, 325, 326, 327, 328, 329, 330, 331, 332, 333, 334, 335, 336, 337, 338, 339, 340, 341, 342, 343, 344, 345, 346, 347, 348, 349, 350, 351, 352, 353, 354, 355, 356, 357, 358, 359, 360, 361, 362, 363, 364, 365, 366, 367, 368, 369, 370, 371, 372, 373, 374, 375, 376, 377, 378, 379, 380, 381, 382, 383, 384, 385, 386, 387, 388, 389, 390, 391, 392, 393, 394, 395, 396, 397, 398, 399, 400, 401, 402, 403, 404, 405, 406, 407, 408, 409, 410, 411, 412, 413, 414, 415, 416, 417, 418, 419, 420, 421, 422, 423, 424, 425, 426, 427, 428, 429, 430, 431, 432, 433, 434, 435, 436, 437, 438, 439, 440, 441, 442, 443, 444, 445, 446, 447, 448, 449, 450, 451, 452, 453, 454, 455, 456, 457, 458, 459, 460, 461, 462, 463, 464, 465, 466, 467, 468, 469, 470, 471, 472, 473, 474, 475, 476, 477, 478, 479, 480, 481, 482, 483, 484, 485, 486, 487, 488, 489, 490, 491, 492, 493, 494, 495, 496, 497, 498, 499, 500, 501, 502, 503, 504, 505, 506, 507, 508, 509, 510, 511, 512, 513, 514, 515, 516, 517, 518], "LargestImagePixelValue": [25598, 25255, 24909, 25015, 24741, 24404, 26371, 24759, 24738, 25194, 25454, 24575, 24572, 24622, 24821, 24595, 24342, 24419, 24511, 27033, 24645, 24185, 24517, 24429, 24633, 24682, 25915, 25967, 25215, 24438, 24341, 24241, 26181, 24262, 25841, 24519, 24466, 24690, 24651, 24555, 24537, 24704, 24736, 26045, 24506, 24423, 26745, 24541, 24838, 24499, 24512, 24904, 25064, 24797, 25750, 24343, 24458, 26522, 24741, 24512, 25442, 24826, 24648, 25166, 24666, 24388, 24769, 24749, 24779, 24635, 24907, 24651, 24911, 25145, 24678, 24766, 24751, 25028, 26117, 24710, 24566, 24704, 24800, 25659, 24782, 24541, 24584, 24447, 24830, 24748, 24650, 24616, 26548, 24789, 24762, 24507, 27706, 24551, 24797, 24788, 25131, 24765, 24503, 24937, 24690, 24486, 24665, 24495, 25005, 26534, 24573, 24724, 24705, 26809, 24609, 25026, 25486, 24679, 25018, 24833, 25816, 24578, 26364, 24885, 24693, 24698, 24701, 24710, 24748, 24662, 24642, 24844, 24651, 24766, 25252, 24610, 25246, 25106, 24737, 24600, 25299, 24609, 24633, 24558, 26293, 24676, 24808, 26586, 24710, 24587, 24618, 24578, 24471, 25958, 24623, 24474, 24700, 24647, 24602, 25774, 24722, 25428, 24612, 24630, 24650, 24613, 25476, 24854, 24871, 24762, 24846, 24999, 24765, 24856, 24475, 24697, 25028, 24839, 24830, 24860, 24718, 25008, 24689, 24643, 24665, 24744, 24812, 24742, 26038, 24835, 24769, 24702, 24719, 24798, 24576, 24619, 24684, 24512, 24724, 24709, 24831, 24575, 24816, 24844, 24489, 24596, 24578, 24576, 24533, 24590, 26839, 24749, 24540, 24770, 24518, 24679, 24491, 24641, 24822, 24632, 24578, 24784, 24692, 24694, 24604, 24699, 24629, 24581, 24678, 24456, 24800, 24584, 24862, 24709, 24751, 24819, 24655, 24593, 24641, 25679, 24558, 24759, 24749, 24801, 25333, 24761, 24554, 24898, 24562, 24750, 24801, 24723, 24652, 24687, 24580, 24698, 24691, 24603, 25207, 24609, 24653, 24704, 24755, 24622, 24648, 24600, 25422, 24873, 24692, 24668, 25998, 24578, 24661, 24944, 24646, 24527, 25133, 24640, 25105, 24583, 24723, 25471, 24801, 24804, 24589, 24718, 24735, 24831, 24661, 27305, 25462, 24487, 24732, 24476, 24761, 24730, 24660, 25548, 24628, 24441, 24648, 24516, 24807, 24840, 24609, 24908, 24675, 24602, 24687, 24501, 24616, 25207, 24522, 24576, 24916, 24745, 24466, 24387, 24469, 24485, 24456, 24579, 24651, 24493, 24635, 24349, 24967, 24491, 24802, 24517, 24667, 24406, 24584, 24424, 24331, 24493, 24367, 24566, 24275, 25435, 24634, 24367, 24430, 24348, 26258, 29172, 27031, 25077, 24596, 25138, 26164, 23890, 24714, 24178, 24113, 24703, 24123, 24288, 24416, 24214, 24772, 25637, 24170, 24261, 24254, 24638, 24318, 27494, 25568, 24550, 25024, 24226, 24325, 24397, 24441, 24336, 24349, 24379, 24957, 24559, 24552, 24295, 24279, 25674, 24424, 25034, 24477, 24585, 26934, 24429, 24246, 26161, 24340, 24168, 24331, 24561, 24491, 24364, 24278, 24509, 24399, 26401, 24417, 25492, 24332, 24499, 25690, 24482, 24769, 24928, 24491, 24870, 24522, 24530, 24324, 24321, 25296, 24377, 24238, 24441, 24131, 24288, 24268, 24355, 24270, 24115, 24254, 25601, 25363, 24755, 24066, 24867, 24254, 24065, 24070, 24089, 24088, 24051, 24070, 24650, 23978, 25760, 24089, 24977, 23937, 24009, 24401, 24145, 24039, 24029, 24047, 24010, 24579, 24189, 23993, 25301, 24553, 24486, 24203, 24011, 23932, 24202, 24308, 27478, 24451, 24135, 25321, 24267, 27256, 25338, 24228, 24296, 24138, 24069, 24077, 24237, 24487, 24140, 24092, 24000, 24263, 24516, 24950, 24258, 24028, 25322, 24359, 28681, 24051, 24221, 24940, 24304, 24316, 24089, 24125, 23943, 24546, 24329, 24069, 24133, 24148, 25390, 24102, 24215, 24249, 23866, 25233, 24230, 24324, 24098, 24068, 23997, 24395, 24283, 24062, 24054, 24061, 24275], "WindowCenter": [9943.0, 9918.0, 9918.0, 9900.0, 9906.0, 9908.0, 9910.0, 9907.0, 9913.0, 9892.0, 9931.0, 9903.0, 9906.0, 9916.0, 9880.0, 9909.0, 9919.0, 9923.0, 9909.0, 9913.0, 9918.0, 9921.0, 9932.0, 9908.0, 9921.0, 9907.0, 9929.0, 9938.0, 9925.0, 9909.0, 9915.0, 9903.0, 9911.0, 9890.0, 9892.0, 9885.0, 9888.0, 9900.0, 9923.0, 9943.0, 9944.0, 9937.0, 9910.0, 9925.0, 9897.0, 9871.0, 9910.0, 9886.0, 9890.0, 9884.0, 9899.0, 9887.0, 9900.0, 9884.0, 9896.0, 9882.0, 9910.0, 9898.0, 9876.0, 9886.0, 9908.0, 9903.0, 9912.0, 9902.0, 9889.0, 9898.0, 9908.0, 9903.0, 9878.0, 9898.0, 9891.0, 9907.0, 9914.0, 9895.0, 9905.0, 9906.0, 9886.0, 9903.0, 9898.0, 9899.0, 9906.0, 9896.0, 9898.0, 9901.0, 9922.0, 9896.0, 9900.0, 9893.0, 9883.0, 9911.0, 9900.0, 9887.0, 9889.0, 9884.0, 9876.0, 9887.0, 9916.0, 9879.0, 9879.0, 9901.0, 9878.0, 9887.0, 9897.0, 9881.0, 9868.0, 9900.0, 9872.0, 9898.0, 9887.0, 9885.0, 9879.0, 9873.0, 9885.0, 9874.0, 9890.0, 9897.0, 9910.0, 9891.0, 9876.0, 9895.0, 9895.0, 9894.0, 9909.0, 9875.0, 9875.0, 9882.0, 9890.0, 9881.0, 9873.0, 9884.0, 9899.0, 9890.0, 9883.0, 9885.0, 9891.0, 9889.0, 9908.0, 9878.0, 9880.0, 9884.0, 9903.0, 9904.0, 9905.0, 9886.0, 9891.0, 9884.0, 9898.0, 9896.0, 9883.0, 9867.0, 9882.0, 9898.0, 9883.0, 9886.0, 9872.0, 9864.0, 9888.0, 9883.0, 9869.0, 9887.0, 9870.0, 9883.0, 9862.0, 9845.0, 9879.0, 9870.0, 9880.0, 9869.0, 9862.0, 9892.0, 9883.0, 9889.0, 9895.0, 9881.0, 9898.0, 9890.0, 9905.0, 9885.0, 9860.0, 9868.0, 9894.0, 9893.0, 9879.0, 9886.0, 9893.0, 9905.0, 9894.0, 9893.0, 9881.0, 9880.0, 9877.0, 9881.0, 9869.0, 9871.0, 9886.0, 9877.0, 9877.0, 9868.0, 9872.0, 9878.0, 9886.0, 9887.0, 9868.0, 9869.0, 9869.0, 9878.0, 9873.0, 9861.0, 9870.0, 9868.0, 9878.0, 9873.0, 9858.0, 9871.0, 9861.0, 9880.0, 9877.0, 9883.0, 9878.0, 9868.0, 9879.0, 9894.0, 9885.0, 9875.0, 9883.0, 9859.0, 9874.0, 9871.0, 9865.0, 9872.0, 9909.0, 9892.0, 9898.0, 9879.0, 9879.0, 9866.0, 9867.0, 9869.0, 9859.0, 9880.0, 9905.0, 9895.0, 9888.0, 9886.0, 9892.0, 9884.0, 9878.0, 9893.0, 9876.0, 9903.0, 9879.0, 9860.0, 9855.0, 9881.0, 9881.0, 9876.0, 9876.0, 9851.0, 9855.0, 9866.0, 9856.0, 9873.0, 9876.0, 9861.0, 9873.0, 9897.0, 9884.0, 9865.0, 9870.0, 9868.0, 9894.0, 9887.0, 9872.0, 9860.0, 9881.0, 9871.0, 9877.0, 9867.0, 9857.0, 9860.0, 9875.0, 9855.0, 9861.0, 9847.0, 9860.0, 9876.0, 9882.0, 9882.0, 9865.0, 9893.0, 9872.0, 9852.0, 9857.0, 9870.0, 9866.0, 9881.0, 9877.0, 9881.0, 9883.0, 9867.0, 9853.0, 9861.0, 9883.0, 9873.0, 9870.0, 9855.0, 9866.0, 9859.0, 9858.0, 9868.0, 9861.0, 9868.0, 9876.0, 9872.0, 9855.0, 9855.0, 9844.0, 9872.0, 9885.0, 9872.0, 9856.0, 9859.0, 9869.0, 9883.0, 9871.0, 9867.0, 9854.0, 9856.0, 9872.0, 9856.0, 9854.0, 9842.0, 9844.0, 9847.0, 9841.0, 9844.0, 9860.0, 9859.0, 9867.0, 9875.0, 9847.0, 9846.0, 9856.0, 9848.0, 9905.0, 9945.0, 9924.0, 9928.0, 9909.0, 9855.0, 9838.0, 9817.0, 9832.0, 9824.0, 9842.0, 9851.0, 9857.0, 9872.0, 9878.0, 9856.0, 9852.0, 9860.0, 9873.0, 9854.0, 9845.0, 9855.0, 9861.0, 9891.0, 9861.0, 9843.0, 9847.0, 9840.0, 9869.0, 9859.0, 9875.0, 9860.0, 9852.0, 9851.0, 9850.0, 9850.0, 9850.0, 9864.0, 9870.0, 9874.0, 9860.0, 9862.0, 9865.0, 9860.0, 9844.0, 9840.0, 9833.0, 9845.0, 9834.0, 9839.0, 9857.0, 9858.0, 9841.0, 9851.0, 9839.0, 9848.0, 9840.0, 9856.0, 9854.0, 9874.0, 9858.0, 9863.0, 9863.0, 9863.0, 9864.0, 9872.0, 9842.0, 9846.0, 9844.0, 9844.0, 9863.0, 9857.0, 9841.0, 9844.0, 9850.0, 9854.0, 9851.0, 9836.0, 9852.0, 9861.0, 9856.0, 9867.0, 9865.0, 9859.0, 9868.0, 9856.0, 9852.0, 9858.0, 9831.0, 9845.0, 9859.0, 9860.0, 9845.0, 9831.0, 9839.0, 9867.0, 9848.0, 9874.0, 9847.0, 9849.0, 9858.0, 9857.0, 9840.0, 9845.0, 9836.0, 9863.0, 9847.0, 9843.0, 9841.0, 9839.0, 9854.0, 9859.0, 9841.0, 9830.0, 9834.0, 9853.0, 9875.0, 9852.0, 9847.0, 9867.0, 9850.0, 9847.0, 9859.0, 9846.0, 9858.0, 9865.0, 9863.0, 9834.0, 9835.0, 9851.0, 9853.0, 9843.0, 9832.0, 9833.0, 9873.0, 9867.0, 9842.0, 9852.0, 9843.0, 9853.0, 9835.0, 9835.0, 9840.0, 9864.0, 9865.0, 9852.0, 9869.0, 9853.0, 9846.0, 9843.0, 9840.0, 9819.0, 9831.0, 9833.0, 9850.0, 9845.0, 9852.0, 9835.0, 9838.0, 9834.0, 9840.0, 9863.0, 9837.0, 9861.0, 9832.0, 9830.0, 9863.0, 9869.0, 9852.0, 9834.0, 9849.0, 9871.0, 9855.0, 9877.0], "WindowWidth": [21059.0, 21004.0, 20998.0, 20962.0, 20969.0, 20978.0, 20986.0, 20980.0, 20989.0, 20952.0, 21019.0, 20970.0, 20974.0, 20988.0, 20922.0, 20971.0, 20997.0, 21005.0, 20974.0, 20985.0, 20993.0, 21002.0, 21027.0, 20980.0, 20999.0, 20970.0, 21026.0, 21044.0, 21015.0, 20986.0, 20991.0, 20967.0, 20973.0, 20931.0, 20941.0, 20927.0, 20931.0, 20961.0, 21005.0, 21048.0, 21056.0, 21038.0, 20983.0, 21007.0, 20952.0, 20901.0, 20972.0, 20924.0, 20926.0, 20918.0, 20953.0, 20934.0, 20955.0, 20926.0, 20946.0, 20922.0, 20972.0, 20950.0, 20908.0, 20924.0, 20966.0, 20966.0, 20983.0, 20962.0, 20934.0, 20953.0, 20973.0, 20963.0, 20913.0, 20952.0, 20946.0, 20975.0, 20981.0, 20945.0, 20964.0, 20970.0, 20933.0, 20964.0, 20954.0, 20955.0, 20971.0, 20948.0, 20952.0, 20959.0, 20996.0, 20954.0, 20962.0, 20945.0, 20927.0, 20976.0, 20960.0, 20937.0, 20937.0, 20922.0, 20900.0, 20922.0, 20982.0, 20916.0, 20915.0, 20950.0, 20911.0, 20927.0, 20944.0, 20911.0, 20885.0, 20951.0, 20905.0, 20953.0, 20929.0, 20921.0, 20915.0, 20901.0, 20921.0, 20899.0, 20929.0, 20948.0, 20975.0, 20940.0, 20913.0, 20942.0, 20947.0, 20944.0, 20967.0, 20902.0, 20899.0, 20915.0, 20931.0, 20912.0, 20898.0, 20915.0, 20951.0, 20938.0, 20923.0, 20926.0, 20932.0, 20929.0, 20967.0, 20908.0, 20908.0, 20916.0, 20958.0, 20963.0, 20959.0, 20926.0, 20931.0, 20917.0, 20944.0, 20940.0, 20913.0, 20881.0, 20912.0, 20942.0, 20912.0, 20919.0, 20891.0, 20880.0, 20923.0, 20915.0, 20886.0, 20922.0, 20893.0, 20909.0, 20872.0, 20835.0, 20898.0, 20887.0, 20908.0, 20886.0, 20871.0, 20928.0, 20913.0, 20921.0, 20934.0, 20906.0, 20943.0, 20935.0, 20963.0, 20926.0, 20871.0, 20886.0, 20939.0, 20939.0, 20909.0, 20919.0, 20940.0, 20967.0, 20941.0, 20938.0, 20910.0, 20905.0, 20903.0, 20908.0, 20883.0, 20887.0, 20913.0, 20903.0, 20899.0, 20879.0, 20886.0, 20897.0, 20917.0, 20918.0, 20879.0, 20881.0, 20880.0, 20900.0, 20894.0, 20868.0, 20885.0, 20878.0, 20899.0, 20893.0, 20864.0, 20885.0, 20865.0, 20903.0, 20901.0, 20914.0, 20905.0, 20886.0, 20908.0, 20933.0, 20916.0, 20895.0, 20908.0, 20867.0, 20891.0, 20883.0, 20874.0, 20896.0, 20964.0, 20934.0, 20947.0, 20906.0, 20902.0, 20879.0, 20878.0, 20883.0, 20862.0, 20910.0, 20959.0, 20942.0, 20927.0, 20918.0, 20931.0, 20917.0, 20906.0, 20928.0, 20895.0, 20949.0, 20904.0, 20868.0, 20855.0, 20903.0, 20908.0, 20901.0, 20894.0, 20846.0, 20849.0, 20869.0, 20855.0, 20885.0, 20892.0, 20862.0, 20890.0, 20942.0, 20919.0, 20880.0, 20886.0, 20880.0, 20928.0, 20916.0, 20890.0, 20866.0, 20902.0, 20887.0, 20897.0, 20877.0, 20858.0, 20863.0, 20893.0, 20857.0, 20868.0, 20839.0, 20864.0, 20901.0, 20917.0, 20911.0, 20876.0, 20925.0, 20887.0, 20851.0, 20858.0, 20883.0, 20883.0, 20908.0, 20901.0, 20909.0, 20908.0, 20879.0, 20850.0, 20864.0, 20913.0, 20891.0, 20885.0, 20851.0, 20873.0, 20864.0, 20862.0, 20876.0, 20864.0, 20875.0, 20892.0, 20885.0, 20852.0, 20854.0, 20832.0, 20886.0, 20912.0, 20886.0, 20856.0, 20855.0, 20874.0, 20903.0, 20887.0, 20877.0, 20851.0, 20854.0, 20882.0, 20853.0, 20846.0, 20822.0, 20822.0, 20830.0, 20820.0, 20826.0, 20856.0, 20858.0, 20874.0, 20884.0, 20834.0, 20830.0, 20849.0, 20841.0, 20982.0, 21071.0, 21000.0, 21009.0, 20959.0, 20853.0, 20806.0, 20761.0, 20793.0, 20777.0, 20815.0, 20836.0, 20850.0, 20882.0, 20891.0, 20848.0, 20841.0, 20850.0, 20876.0, 20844.0, 20828.0, 20842.0, 20855.0, 20915.0, 20860.0, 20824.0, 20828.0, 20816.0, 20875.0, 20859.0, 20887.0, 20858.0, 20841.0, 20839.0, 20836.0, 20834.0, 20834.0, 20866.0, 20877.0, 20884.0, 20856.0, 20865.0, 20870.0, 20856.0, 20822.0, 20814.0, 20802.0, 20825.0, 20800.0, 20815.0, 20854.0, 20854.0, 20820.0, 20834.0, 20812.0, 20832.0, 20814.0, 20846.0, 20840.0, 20883.0, 20859.0, 20865.0, 20864.0, 20863.0, 20864.0, 20880.0, 20825.0, 20828.0, 20826.0, 20825.0, 20862.0, 20853.0, 20823.0, 20822.0, 20832.0, 20844.0, 20838.0, 20811.0, 20842.0, 20860.0, 20853.0, 20875.0, 20868.0, 20857.0, 20871.0, 20851.0, 20843.0, 20851.0, 20801.0, 20827.0, 20856.0, 20857.0, 20829.0, 20799.0, 20818.0, 20869.0, 20835.0, 20882.0, 20831.0, 20836.0, 20857.0, 20853.0, 20822.0, 20827.0, 20812.0, 20861.0, 20831.0, 20824.0, 20816.0, 20815.0, 20847.0, 20856.0, 20822.0, 20799.0, 20806.0, 20848.0, 20890.0, 20848.0, 20832.0, 20870.0, 20841.0, 20837.0, 20857.0, 20828.0, 20852.0, 20868.0, 20863.0, 20810.0, 20809.0, 20837.0, 20843.0, 20824.0, 20800.0, 20803.0, 20885.0, 20875.0, 20826.0, 20838.0, 20820.0, 20841.0, 20808.0, 20812.0, 20816.0, 20861.0, 20872.0, 20848.0, 20878.0, 20848.0, 20831.0, 20826.0, 20815.0, 20776.0, 20796.0, 20798.0, 20833.0, 20830.0, 20841.0, 20810.0, 20814.0, 20804.0, 20813.0, 20859.0, 20812.0, 20858.0, 20802.0, 20798.0, 20862.0, 20874.0, 20850.0, 20810.0, 20842.0, 20884.0, 20857.0, 20893.0]}, "slices": {}}}