{"AcquisitionMatrixPE": 96, "AcquisitionNumber": 1, "AcquisitionTime": "07:46:17.160000", "BandwidthPerPixelPhaseEncode": 33.602, "BaseResolution": 96, "BodyPartExamined": "BRAIN", "ConsistencyInfo": "N4_VD13A_LATEST_20120616", "ConversionSoftware": "dcm2niix", "ConversionSoftwareVersion": "v1.0.20210317", "DerivedVendorReportedEchoSpacing": 0.000620003, "DeviceSerialNumber": "45239", "DwellTime": 2.6e-06, "EchoTime": 0.03, "EchoTrainLength": 47, "EffectiveEchoSpacing": 0.000310001, "FlipAngle": 63, "ImageComments": "Unaliased MB4/PE3", "ImageOrientationPatientDICOM": [0.999657, -0.0140463, -0.0220907, 0.000251247, 0.848968, -0.528444], "ImageType": ["ORIGINAL", "PRIMARY", "M", "ND", "NORM", "MOSAIC"], "ImagingFrequency": 123.193, "InPlanePhaseEncodingDirectionDICOM": "COL", "InstitutionAddress": "E 24th St. 100,Austin,Southmiddle,US,78712", "InstitutionName": "Univ of Texas at Austin", "InstitutionalDepartmentName": "IRC", "MRAcquisitionType": "2D", "MagneticFieldStrength": 3, "Manufacturer": "Siemens", "ManufacturersModelName": "Skyra", "Modality": "MR", "MultibandAccelerationFactor": 4, "ParallelReductionFactorInPlane": 2, "PartialFourier": 1, "PatientPosition": "HFS", "PercentPhaseFOV": 100, "PercentSampling": 100, "PhaseEncodingDirection": "j-", "PhaseEncodingSteps": 95, "PhaseResolution": 1, "PixelBandwidth": 2005, "ProcedureStepDescription": "Poldrack2^self-scanning", "ProtocolName": "face_localizer", "PulseSequenceDetails": "%CustomerSeq%\\cmrr_mbep2d_bold", "ReceiveCoilActiveElements": "HEA;HEP", "ReceiveCoilName": "Head_32", "ReconMatrixPE": 96, "RefLinesPE": 48, "RepetitionTime": 1.16, "SAR": 0.107039, "ScanOptions": "FS", "ScanningSequence": "EP", "SequenceName": "epfid2d1_96", "SequenceVariant": "SK", "SeriesDescription": "face_localizer", "SeriesNumber": 12, "ShimSetting": [-2810, 8038, -15505, -121, -407, 240, 164, -7], "SliceThickness": 2, "SliceTiming": [0, 0.4975, 0.9975, 0.355, 0.855, 0.2125, 0.7125, 0.07, 0.57, 1.0675, 0.4275, 0.925, 0.285, 0.7825, 0.1425, 0.64, 0, 0.4975, 0.9975, 0.355, 0.855, 0.2125, 0.7125, 0.07, 0.57, 1.0675, 0.4275, 0.925, 0.285, 0.7825, 0.1425, 0.64, 0, 0.4975, 0.9975, 0.355, 0.855, 0.2125, 0.7125, 0.07, 0.57, 1.0675, 0.4275, 0.925, 0.285, 0.7825, 0.1425, 0.64, 0, 0.4975, 0.9975, 0.355, 0.855, 0.2125, 0.7125, 0.07, 0.57, 1.0675, 0.4275, 0.925, 0.285, 0.7825, 0.1425, 0.64], "SoftwareVersions": "syngo MR D13", "SpacingBetweenSlices": 2.4, "StationName": "AWP45239", "TaskName": "Object recognition task", "TotalReadoutTime": 0.0294501, "TxRefAmp": 335.658, "WipMemBlock": "b1f14f03-852c-4717-8899-4d055ae840fa||Sequence: vd13a/R010 r/fd129fc; Dec 13 2013 16:14:27 by eja", "dcmmeta_affine": [[-2.395012140274048, 0.0006019470165483654, -0.06282462924718857, 117.30355072021484], [0.03365251421928406, 2.0339863300323486, -1.2678173780441284, -85.81855773925781], [-0.052925530821084976, 1.2660634517669678, 2.0368337631225586, -82.777587890625], [0.0, 0.0, 0.0, 1.0]], "dcmmeta_reorient_transform": [[0.0, -1.0, 0.0, 95.0], [1.0, 0.0, 0.0, 0.0], [0.0, 0.0, 1.0, 0.0], [0.0, 0.0, 0.0, 1.0]], "dcmmeta_shape": [96, 96, 64, 270], "dcmmeta_slice_dim": 2, "dcmmeta_version": 0.6, "global": {"const": {"AcquisitionMatrix": [96, 0, 0, 96], "AngioFlag": "N", "BitsAllocated": 16, "BitsStored": 16, "BodyPartExamined": "BRAIN", "Columns": 768, "DeidentificationMethodCodeSequence": [{"CodeMeaning": "XNAT Edit Script", "CodeValue": "93", "CodingSchemeDesignator": "XNAT", "CodingSchemeVersion": "0.1"}], "EchoNumbers": 1, "EchoTime": 30.0, "EchoTrainLength": 47, "FlipAngle": 63.0, "HighBit": 15, "ImageOrientationPatient": [0.99965729391241, -0.0140462672461, -0.0220906564904, 0.00025124746506, 0.84896818637606, -0.5284438999516], "ImagePositionPatient": [-922.28708104294, -779.52225842876, 480.67874106804], "ImageType": ["ORIGINAL", "PRIMARY", "M", "ND", "NORM", "MOSAIC"], "ImagedNucleus": "1H", "ImagingFrequency": 123.19291, "InPlanePhaseEncodingDirection": "COL", "MRAcquisitionType": "2D", "MagneticFieldStrength": 3.0, "Manufacturer": "SIEMENS", "ManufacturerModelName": "Skyra", "Modality": "MR", "NumberOfAverages": 1.0, "NumberOfPhaseEncodingSteps": 95, "PercentPhaseFieldOfView": 100.0, "PercentSampling": 100.0, "PerformedProcedureStepStartTime": "071834.313000", "PhotometricInterpretation": "MONOCHROME2", "PixelBandwidth": 2005.0, "PixelRepresentation": 0, "PixelSpacing": [2.3958332538605, 2.3958332538605], "ProtocolName": "face_localizer", "RepetitionTime": 1160.0, "Rows": 768, "SAR": 0.10703932279256, "SamplesPerPixel": 1, "ScanOptions": "FS", "ScanningSequence": "EP", "SequenceName": "epfid2d1_96", "SequenceVariant": "SK", "SeriesDescription": "face_localizer", "SeriesNumber": 12, "SeriesTime": "074702.746000", "SliceLocation": -27.988123315776, "SliceThickness": 2.0, "SmallestImagePixelValue": 0, "SoftwareVersions": "syngo MR D13", "SpacingBetweenSlices": 2.4000000263179, "SpecificCharacterSet": "ISO_IR 100", "StudyID": "1", "StudyTime": "071834.162000", "TransmitCoilName": "Body", "VariableFlipAngleFlag": "N", "WindowCenterWidthExplanation": "Algo1", "dBdt": 0.0}, "slices": {}}, "time": {"samples": {"AcquisitionNumber": [1, 2, 3, 4, 5, 6, 7, 8, 9, 10, 11, 12, 13, 14, 15, 16, 17, 18, 19, 20, 21, 22, 23, 24, 25, 26, 27, 28, 29, 30, 31, 32, 33, 34, 35, 36, 37, 38, 39, 40, 41, 42, 43, 44, 45, 46, 47, 48, 49, 50, 51, 52, 53, 54, 55, 56, 57, 58, 59, 60, 61, 62, 63, 64, 65, 66, 67, 68, 69, 70, 71, 72, 73, 74, 75, 76, 77, 78, 79, 80, 81, 82, 83, 84, 85, 86, 87, 88, 89, 90, 91, 92, 93, 94, 95, 96, 97, 98, 99, 100, 101, 102, 103, 104, 105, 106, 107, 108, 109, 110, 111, 112, 113, 114, 115, 116, 117, 118, 119, 120, 121, 122, 123, 124, 125, 126, 127, 128, 129, 130, 131, 132, 133, 134, 135, 136, 137, 138, 139, 140, 141, 142, 143, 144, 145, 146, 147, 148, 149, 150, 151, 152, 153, 154, 155, 156, 157, 158, 159, 160, 161, 162, 163, 164, 165, 166, 167, 168, 169, 170, 171, 172, 173, 174, 175, 176, 177, 178, 179, 180, 181, 182, 183, 184, 185, 186, 187, 188, 189, 190, 191, 192, 193, 194, 195, 196, 197, 198, 199, 200, 201, 202, 203, 204, 205, 206, 207, 208, 209, 210, 211, 212, 213, 214, 215, 216, 217, 218, 219, 220, 221, 222, 223, 224, 225, 226, 227, 228, 229, 230, 231, 232, 233, 234, 235, 236, 237, 238, 239, 240, 241, 242, 243, 244, 245, 246, 247, 248, 249, 250, 251, 252, 253, 254, 255, 256, 257, 258, 259, 260, 261, 262, 263, 264, 265, 266, 267, 268, 269, 270], "AcquisitionTime": ["074617.160000", "074624.100000", "074625.260000", "074626.420000", "074627.580000", "074628.740000", "074629.900000", "074631.060000", "074632.220000", "074633.380000", "074634.540000", "074635.700000", "074636.860000", "074638.020000", "074639.180000", "074640.340000", "074641.500000", "074642.660000", "074643.820000", "074644.980000", "074646.140000", "074647.300000", "074648.460000", "074649.620000", "074650.780000", "074651.940000", "074653.100000", "074654.260000", "074655.420000", "074656.580000", "074657.740000", "074658.900000", "074700.060000", "074701.220000", "074702.380000", "074703.540000", "074704.700000", "074705.860000", "074707.020000", "074708.180000", "074709.340000", "074710.500000", "074711.660000", "074712.820000", "074713.980000", "074715.140000", "074716.300000", "074717.460000", "074718.620000", "074719.780000", "074720.940000", "074722.100000", "074723.260000", "074724.420000", "074725.580000", "074726.740000", "074727.900000", "074729.060000", "074730.220000", "074731.380000", "074732.540000", "074733.700000", "074734.860000", "074736.020000", "074737.180000", "074738.340000", "074739.500000", "074740.660000", "074741.820000", "074742.980000", "074744.140000", "074745.300000", "074746.460000", "074747.620000", "074748.780000", "074749.940000", "074751.100000", "074752.260000", "074753.420000", "074754.580000", "074755.740000", "074756.900000", "074758.060000", "074759.220000", "074800.380000", "074801.540000", "074802.700000", "074803.860000", "074805.020000", "074806.180000", "074807.340000", "074808.500000", "074809.660000", "074810.820000", "074811.980000", "074813.140000", "074814.300000", "074815.460000", "074816.620000", "074817.780000", "074818.940000", "074820.100000", "074821.260000", "074822.420000", "074823.580000", "074824.740000", "074825.900000", "074827.060000", "074828.220000", "074829.380000", "074830.540000", "074831.700000", "074832.860000", "074834.020000", "074835.180000", "074836.340000", "074837.500000", "074838.660000", "074839.820000", "074840.980000", "074842.140000", "074843.300000", "074844.460000", "074845.620000", "074846.780000", "074847.940000", "074849.100000", "074850.260000", "074851.420000", "074852.580000", "074853.740000", "074854.900000", "074856.060000", "074857.220000", "074858.380000", "074859.540000", "074900.700000", "074901.860000", "074903.020000", "074904.180000", "074905.340000", "074906.500000", "074907.660000", "074908.820000", "074909.980000", "074911.140000", "074912.300000", "074913.460000", "074914.620000", "074915.780000", "074916.940000", "074918.100000", "074919.260000", "074920.420000", "074921.580000", "074922.740000", "074923.900000", "074925.060000", "074926.220000", "074927.380000", "074928.540000", "074929.700000", "074930.860000", "074932.020000", "074933.180000", "074934.340000", "074935.500000", "074936.660000", "074937.820000", "074938.980000", "074940.140000", "074941.300000", "074942.460000", "074943.620000", "074944.780000", "074945.940000", "074947.100000", "074948.260000", "074949.420000", "074950.580000", "074951.740000", "074952.900000", "074954.060000", "074955.220000", "074956.380000", "074957.540000", "074958.700000", "074959.860000", "075001.020000", "075002.180000", "075003.340000", "075004.500000", "075005.662500", "075006.822500", "075007.982500", "075009.142500", "075010.302500", "075011.462500", "075012.622500", "075013.782500", "075014.942500", "075016.102500", "075017.262500", "075018.422500", "075019.582500", "075020.742500", "075021.902500", "075023.062500", "075024.222500", "075025.382500", "075026.542500", "075027.702500", "075028.862500", "075030.022500", "075031.182500", "075032.342500", "075033.502500", "075034.662500", "075035.822500", "075036.982500", "075038.142500", "075039.302500", "075040.462500", "075041.622500", "075042.782500", "075043.942500", "075045.102500", "075046.262500", "075047.422500", "075048.582500", "075049.742500", "075050.902500", "075052.062500", "075053.222500", "075054.382500", "075055.542500", "075056.702500", "075057.862500", "075059.022500", "075100.182500", "075101.342500", "075102.502500", "075103.662500", "075104.822500", "075105.982500", "075107.142500", "075108.302500", "075109.462500", "075110.622500", "075111.782500", "075112.942500", "075114.102500", "075115.262500", "075116.422500", "075117.582500", "075118.742500", "075119.902500", "075121.062500", "075122.222500", "075123.382500", "075124.542500", "075125.702500", "075126.862500", "075128.022500", "075129.182500", "075130.342500", "075131.502500", "075132.662500", "075133.822500", "075134.982500"], "ContentTime": ["074702.750000", "074702.759000", "074702.763000", "074702.766000", "074702.771000", "074702.776000", "074702.780000", "074702.785000", "074702.789000", "074702.794000", "074702.798000", "074702.803000", "074702.807000", "074702.811000", "074702.815000", "074702.819000", "074702.829000", "074702.834000", "074702.838000", "074702.850000", "074702.854000", "074702.859000", "074702.863000", "074702.868000", "074702.872000", "074702.877000", "074702.881000", "074702.885000", "074702.890000", "074702.894000", "074742.706000", "074742.711000", "074742.720000", "074742.724000", "074742.728000", "074742.733000", "074742.738000", "074742.742000", "074742.746000", "074742.750000", "074742.754000", "074742.758000", "074742.762000", "074742.767000", "074742.771000", "074742.775000", "074742.779000", "074742.783000", "074742.788000", "074742.792000", "074742.796000", "074742.800000", "074742.805000", "074742.809000", "074742.813000", "074742.818000", "074742.822000", "074742.826000", "074742.831000", "074742.835000", "074742.839000", "074742.843000", "074742.847000", "074742.851000", "074742.856000", "074742.860000", "074742.864000", "074742.868000", "074822.706000", "074822.711000", "074822.715000", "074822.719000", "074822.723000", "074822.728000", "074822.732000", "074822.736000", "074822.741000", "074822.745000", "074822.749000", "074822.753000", "074822.758000", "074822.762000", "074822.766000", "074822.770000", "074822.775000", "074822.779000", "074822.784000", "074822.788000", "074822.792000", "074822.796000", "074822.800000", "074822.804000", "074822.809000", "074822.817000", "074822.821000", "074822.826000", "074822.830000", "074822.834000", "074822.838000", "074822.843000", "074822.847000", "074822.851000", "074902.705000", "074902.710000", "074902.714000", "074902.718000", "074902.723000", "074902.727000", "074902.731000", "074902.735000", "074902.740000", "074902.753000", "074902.757000", "074902.761000", "074902.766000", "074902.770000", "074902.774000", "074902.778000", "074902.783000", "074902.787000", "074902.791000", "074902.795000", "074902.799000", "074902.804000", "074902.808000", "074902.812000", "074902.817000", "074902.821000", "074902.825000", "074902.829000", "074902.834000", "074902.838000", "074902.842000", "074902.846000", "074902.851000", "074902.855000", "074902.860000", "074942.704000", "074942.713000", "074942.717000", "074942.721000", "074942.725000", "074942.730000", "074942.734000", "074942.738000", "074942.742000", "074942.746000", "074942.750000", "074942.755000", "074942.759000", "074942.763000", "074942.768000", "074942.772000", "074942.776000", "074942.780000", "074942.789000", "074942.793000", "074942.797000", "074942.801000", "074942.805000", "074942.809000", "074942.813000", "074942.818000", "074942.822000", "074942.826000", "074942.830000", "074942.834000", "074942.838000", "074942.843000", "074942.847000", "074942.851000", "075022.705000", "075022.714000", "075022.718000", "075022.722000", "075022.726000", "075022.731000", "075022.735000", "075022.739000", "075022.743000", "075022.748000", "075022.752000", "075022.756000", "075022.760000", "075022.764000", "075022.769000", "075022.773000", "075022.777000", "075022.781000", "075022.784000", "075022.788000", "075022.792000", "075022.796000", "075022.800000", "075022.804000", "075022.813000", "075022.817000", "075022.821000", "075022.825000", "075022.829000", "075022.834000", "075022.837000", "075022.842000", "075022.846000", "075022.851000", "075022.855000", "075102.707000", "075102.711000", "075102.715000", "075102.719000", "075102.724000", "075102.728000", "075102.733000", "075102.737000", "075102.741000", "075102.745000", "075102.750000", "075102.754000", "075102.758000", "075102.762000", "075102.766000", "075102.770000", "075102.775000", "075102.779000", "075102.783000", "075102.787000", "075102.792000", "075102.796000", "075102.800000", "075102.804000", "075102.808000", "075102.812000", "075102.816000", "075102.820000", "075102.824000", "075102.829000", "075102.833000", "075102.837000", "075102.841000", "075102.846000", "075136.673000", "075136.678000", "075136.682000", "075136.686000", "075136.691000", "075136.695000", "075136.699000", "075136.703000", "075136.708000", "075136.712000", "075136.716000", "075136.721000", "075136.725000", "075136.729000", "075136.733000", "075136.737000", "075136.741000", "075136.745000", "075136.749000", "075136.753000", "075136.757000", "075136.761000", "075136.765000", "075136.769000", "075136.773000", "075136.777000", "075136.781000", "075136.785000", "075136.789000", "075136.793000"], "InstanceCreationTime": ["074702.750000", "074702.759000", "074702.763000", "074702.766000", "074702.771000", "074702.776000", "074702.780000", "074702.785000", "074702.789000", "074702.794000", "074702.798000", "074702.803000", "074702.807000", "074702.811000", "074702.815000", "074702.819000", "074702.829000", "074702.834000", "074702.838000", "074702.850000", "074702.854000", "074702.859000", "074702.863000", "074702.868000", "074702.872000", "074702.877000", "074702.881000", "074702.885000", "074702.890000", "074702.894000", "074742.706000", "074742.711000", "074742.720000", "074742.724000", "074742.728000", "074742.733000", "074742.738000", "074742.742000", "074742.746000", "074742.750000", "074742.754000", "074742.758000", "074742.762000", "074742.767000", "074742.771000", "074742.775000", "074742.779000", "074742.783000", "074742.788000", "074742.792000", "074742.796000", "074742.800000", "074742.805000", "074742.809000", "074742.813000", "074742.818000", "074742.822000", "074742.826000", "074742.831000", "074742.835000", "074742.839000", "074742.843000", "074742.847000", "074742.851000", "074742.856000", "074742.860000", "074742.864000", "074742.868000", "074822.706000", "074822.711000", "074822.715000", "074822.719000", "074822.723000", "074822.728000", "074822.732000", "074822.736000", "074822.741000", "074822.745000", "074822.749000", "074822.753000", "074822.758000", "074822.762000", "074822.766000", "074822.770000", "074822.775000", "074822.779000", "074822.784000", "074822.788000", "074822.792000", "074822.796000", "074822.800000", "074822.804000", "074822.809000", "074822.817000", "074822.821000", "074822.826000", "074822.830000", "074822.834000", "074822.838000", "074822.843000", "074822.847000", "074822.851000", "074902.705000", "074902.710000", "074902.714000", "074902.718000", "074902.723000", "074902.727000", "074902.731000", "074902.735000", "074902.740000", "074902.753000", "074902.757000", "074902.761000", "074902.766000", "074902.770000", "074902.774000", "074902.778000", "074902.783000", "074902.787000", "074902.791000", "074902.795000", "074902.799000", "074902.804000", "074902.808000", "074902.812000", "074902.817000", "074902.821000", "074902.825000", "074902.829000", "074902.834000", "074902.838000", "074902.842000", "074902.846000", "074902.851000", "074902.855000", "074902.860000", "074942.704000", "074942.713000", "074942.717000", "074942.721000", "074942.725000", "074942.730000", "074942.734000", "074942.738000", "074942.742000", "074942.746000", "074942.750000", "074942.755000", "074942.759000", "074942.763000", "074942.768000", "074942.772000", "074942.776000", "074942.780000", "074942.789000", "074942.793000", "074942.797000", "074942.801000", "074942.805000", "074942.809000", "074942.813000", "074942.818000", "074942.822000", "074942.826000", "074942.830000", "074942.834000", "074942.838000", "074942.843000", "074942.847000", "074942.851000", "075022.705000", "075022.714000", "075022.718000", "075022.722000", "075022.726000", "075022.731000", "075022.735000", "075022.739000", "075022.743000", "075022.748000", "075022.752000", "075022.756000", "075022.760000", "075022.764000", "075022.769000", "075022.773000", "075022.777000", "075022.781000", "075022.784000", "075022.788000", "075022.792000", "075022.796000", "075022.800000", "075022.804000", "075022.813000", "075022.817000", "075022.821000", "075022.825000", "075022.829000", "075022.834000", "075022.837000", "075022.842000", "075022.846000", "075022.851000", "075022.855000", "075102.707000", "075102.711000", "075102.715000", "075102.719000", "075102.724000", "075102.728000", "075102.733000", "075102.737000", "075102.741000", "075102.745000", "075102.750000", "075102.754000", "075102.758000", "075102.762000", "075102.766000", "075102.770000", "075102.775000", "075102.779000", "075102.783000", "075102.787000", "075102.792000", "075102.796000", "075102.800000", "075102.804000", "075102.808000", "075102.812000", "075102.816000", "075102.820000", "075102.824000", "075102.829000", "075102.833000", "075102.837000", "075102.841000", "075102.846000", "075136.673000", "075136.678000", "075136.682000", "075136.686000", "075136.691000", "075136.695000", "075136.699000", "075136.703000", "075136.708000", "075136.712000", "075136.716000", "075136.721000", "075136.725000", "075136.729000", "075136.733000", "075136.737000", "075136.741000", "075136.745000", "075136.749000", "075136.753000", "075136.757000", "075136.761000", "075136.765000", "075136.769000", "075136.773000", "075136.777000", "075136.781000", "075136.785000", "075136.789000", "075136.793000"], "InstanceNumber": [1, 2, 3, 4, 5, 6, 7, 8, 9, 10, 11, 12, 13, 14, 15, 16, 17, 18, 19, 20, 21, 22, 23, 24, 25, 26, 27, 28, 29, 30, 31, 32, 33, 34, 35, 36, 37, 38, 39, 40, 41, 42, 43, 44, 45, 46, 47, 48, 49, 50, 51, 52, 53, 54, 55, 56, 57, 58, 59, 60, 61, 62, 63, 64, 65, 66, 67, 68, 69, 70, 71, 72, 73, 74, 75, 76, 77, 78, 79, 80, 81, 82, 83, 84, 85, 86, 87, 88, 89, 90, 91, 92, 93, 94, 95, 96, 97, 98, 99, 100, 101, 102, 103, 104, 105, 106, 107, 108, 109, 110, 111, 112, 113, 114, 115, 116, 117, 118, 119, 120, 121, 122, 123, 124, 125, 126, 127, 128, 129, 130, 131, 132, 133, 134, 135, 136, 137, 138, 139, 140, 141, 142, 143, 144, 145, 146, 147, 148, 149, 150, 151, 152, 153, 154, 155, 156, 157, 158, 159, 160, 161, 162, 163, 164, 165, 166, 167, 168, 169, 170, 171, 172, 173, 174, 175, 176, 177, 178, 179, 180, 181, 182, 183, 184, 185, 186, 187, 188, 189, 190, 191, 192, 193, 194, 195, 196, 197, 198, 199, 200, 201, 202, 203, 204, 205, 206, 207, 208, 209, 210, 211, 212, 213, 214, 215, 216, 217, 218, 219, 220, 221, 222, 223, 224, 225, 226, 227, 228, 229, 230, 231, 232, 233, 234, 235, 236, 237, 238, 239, 240, 241, 242, 243, 244, 245, 246, 247, 248, 249, 250, 251, 252, 253, 254, 255, 256, 257, 258, 259, 260, 261, 262, 263, 264, 265, 266, 267, 268, 269, 270], "LargestImagePixelValue": [31041, 29723, 38636, 29814, 35583, 28397, 33328, 34835, 32111, 39545, 31085, 34712, 28711, 30221, 27896, 31499, 31906, 33586, 29189, 31241, 35735, 32806, 35292, 32741, 37302, 33316, 39221, 31585, 31937, 32885, 35967, 32152, 35176, 30296, 33641, 40997, 32216, 39949, 28550, 33849, 29581, 32705, 32305, 32327, 29181, 33491, 41195, 30200, 42021, 33450, 35755, 33669, 33164, 30462, 39649, 31285, 30852, 33674, 30387, 40510, 33244, 35856, 28735, 31701, 37893, 34945, 29860, 36122, 30779, 39715, 32127, 40893, 30525, 33416, 30189, 32865, 41279, 34692, 34235, 41534, 34653, 37649, 31403, 40999, 48056, 29894, 35499, 29737, 41047, 33497, 33604, 41111, 29103, 30101, 39492, 32927, 39776, 30537, 30160, 41278, 36880, 28915, 42651, 29994, 28204, 43321, 36629, 31552, 32088, 38711, 35151, 28601, 41045, 37356, 31245, 29858, 40427, 35226, 30325, 32991, 36542, 36641, 31814, 35454, 36188, 29784, 34855, 30555, 30676, 37844, 37982, 33350, 41801, 31938, 33090, 40723, 32761, 36056, 31992, 28291, 42566, 37450, 32826, 28669, 38580, 30742, 37918, 35182, 32521, 40699, 38776, 30149, 44462, 31228, 30888, 36944, 30385, 29758, 34745, 30944, 35579, 34126, 32691, 39469, 37930, 31046, 40046, 31544, 37201, 36991, 29614, 42623, 42387, 32123, 42288, 31569, 35987, 29601, 33712, 44467, 34134, 34382, 43952, 31886, 39231, 32221, 41577, 30815, 32154, 29367, 42751, 29585, 30065, 33373, 33983, 37181, 36708, 35362, 43713, 30431, 29709, 44061, 36826, 31146, 33388, 29175, 39567, 29783, 30141, 43853, 32252, 33515, 39723, 31624, 40418, 32830, 33843, 42991, 34093, 33301, 40727, 30076, 32186, 39052, 38128, 30879, 33963, 42197, 35822, 39219, 30541, 37683, 42247, 30999, 31641, 31820, 31355, 41201, 30431, 33818, 42869, 35230, 34220, 30330, 29521, 40270, 30640, 33029, 42006, 34458, 39127, 31419, 34009, 43016, 36281, 35915, 40904, 31557, 42088, 36188, 32356, 34599, 33343, 32770, 33079, 35130, 41797, 33280, 35239, 32499], "WindowCenter": [11072.0, 11050.0, 11072.0, 11051.0, 11067.0, 11049.0, 11065.0, 11062.0, 11037.0, 11056.0, 11037.0, 11045.0, 11031.0, 11041.0, 11035.0, 11051.0, 11054.0, 11057.0, 11051.0, 11057.0, 11069.0, 11065.0, 11074.0, 11062.0, 11077.0, 11055.0, 11069.0, 11049.0, 11050.0, 11059.0, 11068.0, 11053.0, 11066.0, 11052.0, 11053.0, 11068.0, 11051.0, 11071.0, 11045.0, 11063.0, 11045.0, 11061.0, 11061.0, 11060.0, 11045.0, 11054.0, 11073.0, 11043.0, 11071.0, 11050.0, 11053.0, 11059.0, 11056.0, 11046.0, 11076.0, 11041.0, 11038.0, 11046.0, 11034.0, 11069.0, 11056.0, 11061.0, 11048.0, 11052.0, 11071.0, 11061.0, 11047.0, 11060.0, 11054.0, 11086.0, 11057.0, 11078.0, 11044.0, 11063.0, 11051.0, 11062.0, 11087.0, 11065.0, 11061.0, 11077.0, 11050.0, 11055.0, 11026.0, 11058.0, 11085.0, 11042.0, 11067.0, 11049.0, 11080.0, 11052.0, 11053.0, 11067.0, 11038.0, 11042.0, 11071.0, 11055.0, 11069.0, 11053.0, 11043.0, 11072.0, 11052.0, 11031.0, 11073.0, 11036.0, 11031.0, 11070.0, 11046.0, 11030.0, 11042.0, 11061.0, 11046.0, 11027.0, 11064.0, 11049.0, 11032.0, 11029.0, 11065.0, 11050.0, 11043.0, 11047.0, 11061.0, 11066.0, 11044.0, 11061.0, 11061.0, 11048.0, 11069.0, 11059.0, 11061.0, 11077.0, 11074.0, 11057.0, 11074.0, 11054.0, 11054.0, 11071.0, 11051.0, 11066.0, 11054.0, 11049.0, 11091.0, 11064.0, 11046.0, 11033.0, 11070.0, 11055.0, 11073.0, 11063.0, 11053.0, 11066.0, 11053.0, 11027.0, 11075.0, 11039.0, 11038.0, 11062.0, 11041.0, 11041.0, 11064.0, 11060.0, 11073.0, 11070.0, 11067.0, 11078.0, 11070.0, 11052.0, 11077.0, 11060.0, 11075.0, 11068.0, 11045.0, 11078.0, 11068.0, 11040.0, 11079.0, 11053.0, 11080.0, 11061.0, 11076.0, 11099.0, 11068.0, 11061.0, 11085.0, 11057.0, 11072.0, 11045.0, 11072.0, 11033.0, 11034.0, 11021.0, 11060.0, 11021.0, 11027.0, 11051.0, 11059.0, 11065.0, 11065.0, 11068.0, 11076.0, 11028.0, 11028.0, 11065.0, 11048.0, 11028.0, 11050.0, 11037.0, 11074.0, 11049.0, 11052.0, 11080.0, 11049.0, 11056.0, 11077.0, 11061.0, 11084.0, 11065.0, 11061.0, 11080.0, 11056.0, 11051.0, 11072.0, 11054.0, 11057.0, 11069.0, 11064.0, 11043.0, 11054.0, 11079.0, 11053.0, 11063.0, 11036.0, 11055.0, 11068.0, 11038.0, 11048.0, 11051.0, 11050.0, 11084.0, 11053.0, 11061.0, 11078.0, 11064.0, 11057.0, 11045.0, 11052.0, 11085.0, 11048.0, 11059.0, 11086.0, 11067.0, 11076.0, 11064.0, 11062.0, 11079.0, 11068.0, 11065.0, 11080.0, 11054.0, 11082.0, 11058.0, 11040.0, 11050.0, 11047.0, 11054.0, 11057.0, 11060.0, 11068.0, 11037.0, 11043.0, 11033.0], "WindowWidth": [23796.0, 23729.0, 23779.0, 23725.0, 23762.0, 23712.0, 23755.0, 23746.0, 23682.0, 23730.0, 23684.0, 23701.0, 23667.0, 23692.0, 23680.0, 23719.0, 23726.0, 23729.0, 23720.0, 23734.0, 23764.0, 23753.0, 23776.0, 23742.0, 23783.0, 23728.0, 23761.0, 23712.0, 23714.0, 23739.0, 23759.0, 23721.0, 23752.0, 23720.0, 23720.0, 23761.0, 23718.0, 23768.0, 23705.0, 23747.0, 23705.0, 23742.0, 23741.0, 23739.0, 23703.0, 23721.0, 23772.0, 23697.0, 23765.0, 23714.0, 23718.0, 23741.0, 23729.0, 23705.0, 23778.0, 23687.0, 23676.0, 23702.0, 23672.0, 23762.0, 23728.0, 23738.0, 23708.0, 23717.0, 23761.0, 23741.0, 23705.0, 23735.0, 23723.0, 23807.0, 23729.0, 23785.0, 23696.0, 23746.0, 23719.0, 23742.0, 23806.0, 23751.0, 23735.0, 23781.0, 23712.0, 23723.0, 23648.0, 23730.0, 23801.0, 23692.0, 23757.0, 23711.0, 23788.0, 23719.0, 23716.0, 23756.0, 23683.0, 23692.0, 23766.0, 23728.0, 23758.0, 23721.0, 23695.0, 23766.0, 23714.0, 23664.0, 23769.0, 23677.0, 23663.0, 23762.0, 23702.0, 23662.0, 23692.0, 23738.0, 23699.0, 23652.0, 23747.0, 23707.0, 23667.0, 23658.0, 23748.0, 23712.0, 23697.0, 23703.0, 23739.0, 23753.0, 23696.0, 23736.0, 23741.0, 23709.0, 23760.0, 23738.0, 23743.0, 23779.0, 23775.0, 23732.0, 23769.0, 23722.0, 23721.0, 23765.0, 23715.0, 23750.0, 23722.0, 23712.0, 23817.0, 23747.0, 23702.0, 23669.0, 23764.0, 23727.0, 23765.0, 23743.0, 23720.0, 23749.0, 23719.0, 23655.0, 23774.0, 23682.0, 23678.0, 23739.0, 23689.0, 23690.0, 23746.0, 23740.0, 23768.0, 23760.0, 23752.0, 23780.0, 23760.0, 23716.0, 23777.0, 23737.0, 23770.0, 23752.0, 23693.0, 23777.0, 23754.0, 23684.0, 23782.0, 23717.0, 23782.0, 23735.0, 23772.0, 23832.0, 23753.0, 23733.0, 23795.0, 23727.0, 23762.0, 23692.0, 23757.0, 23660.0, 23663.0, 23631.0, 23729.0, 23634.0, 23649.0, 23709.0, 23729.0, 23740.0, 23743.0, 23753.0, 23770.0, 23650.0, 23650.0, 23741.0, 23699.0, 23650.0, 23707.0, 23675.0, 23767.0, 23707.0, 23712.0, 23781.0, 23704.0, 23722.0, 23779.0, 23730.0, 23793.0, 23746.0, 23736.0, 23780.0, 23723.0, 23707.0, 23762.0, 23714.0, 23724.0, 23754.0, 23741.0, 23689.0, 23715.0, 23780.0, 23709.0, 23737.0, 23671.0, 23715.0, 23751.0, 23678.0, 23703.0, 23709.0, 23703.0, 23790.0, 23716.0, 23731.0, 23777.0, 23742.0, 23721.0, 23692.0, 23711.0, 23796.0, 23703.0, 23729.0, 23799.0, 23746.0, 23771.0, 23740.0, 23735.0, 23779.0, 23755.0, 23743.0, 23779.0, 23716.0, 23786.0, 23725.0, 23679.0, 23706.0, 23695.0, 23714.0, 23723.0, 23728.0, 23750.0, 23674.0, 23689.0, 23662.0]}, "slices": {}}}