{"AcquisitionMatrixPE": 96, "AcquisitionNumber": 1, "AcquisitionTime": "07:33:8.127500", "BandwidthPerPixelPhaseEncode": 33.602, "BaseResolution": 96, "BodyPartExamined": "BRAIN", "ConsistencyInfo": "N4_VD13A_LATEST_20120616", "ConversionSoftware": "dcm2niix", "ConversionSoftwareVersion": "v1.0.20210317", "DerivedVendorReportedEchoSpacing": 0.000620003, "DeviceSerialNumber": "45239", "DwellTime": 2.6e-06, "EchoTime": 0.03, "EchoTrainLength": 47, "EffectiveEchoSpacing": 0.000310001, "FlipAngle": 63, "ImageComments": "Unaliased MB4/PE3", "ImageOrientationPatientDICOM": [0.999657, -0.0140463, -0.0220907, 0.000251247, 0.848968, -0.528444], "ImageType": ["ORIGINAL", "PRIMARY", "M", "ND", "NORM", "MOSAIC"], "ImagingFrequency": 123.193, "InPlanePhaseEncodingDirectionDICOM": "COL", "InstitutionAddress": "E 24th St. 100,Austin,Southmiddle,US,78712", "InstitutionName": "Univ of Texas at Austin", "InstitutionalDepartmentName": "IRC", "MRAcquisitionType": "2D", "MagneticFieldStrength": 3, "Manufacturer": "Siemens", "ManufacturersModelName": "Skyra", "Modality": "MR", "MultibandAccelerationFactor": 4, "ParallelReductionFactorInPlane": 2, "PartialFourier": 1, "PatientPosition": "HFS", "PercentPhaseFOV": 100, "PercentSampling": 100, "PhaseEncodingDirection": "j-", "PhaseEncodingSteps": 95, "PhaseResolution": 1, "PixelBandwidth": 2005, "ProcedureStepDescription": "Poldrack2^self-scanning", "ProtocolName": "Resting State fMRI MBEPI_matrix96_BW2004", "PulseSequenceDetails": "%CustomerSeq%\\cmrr_mbep2d_bold", "ReceiveCoilActiveElements": "HEA;HEP", "ReceiveCoilName": "Head_32", "ReconMatrixPE": 96, "RefLinesPE": 48, "RepetitionTime": 1.16, "SAR": 0.109042, "ScanOptions": "FS", "ScanningSequence": "EP", "SequenceName": "epfid2d1_96", "SequenceVariant": "SK", "SeriesDescription": "Resting State fMRI MBEPI_matrix96_BW2004", "SeriesNumber": 10, "ShimSetting": [-2810, 8038, -15505, -121, -407, 240, 164, -7], "SliceThickness": 2, "SliceTiming": [0, 0.4975, 0.9975, 0.355, 0.855, 0.2125, 0.7125, 0.07, 0.57, 1.0675, 0.4275, 0.925, 0.285, 0.7825, 0.1425, 0.64, 0, 0.4975, 0.9975, 0.355, 0.855, 0.2125, 0.7125, 0.07, 0.57, 1.0675, 0.4275, 0.925, 0.285, 0.7825, 0.1425, 0.64, 0, 0.4975, 0.9975, 0.355, 0.855, 0.2125, 0.7125, 0.07, 0.57, 1.0675, 0.4275, 0.925, 0.285, 0.7825, 0.1425, 0.64, 0, 0.4975, 0.9975, 0.355, 0.855, 0.2125, 0.7125, 0.07, 0.57, 1.0675, 0.4275, 0.925, 0.285, 0.7825, 0.1425, 0.64], "SoftwareVersions": "syngo MR D13", "SpacingBetweenSlices": 2.4, "StationName": "AWP45239", "TaskName": "Resting fmri", "TotalReadoutTime": 0.0294501, "TxRefAmp": 335.658, "WipMemBlock": "83a5a63a-dbf9-4ced-af0e-46a4541a0cbc||Sequence: vd13a/R010 r/fd129fc; Dec 13 2013 16:14:27 by eja", "dcmmeta_affine": [[-2.395012140274048, 0.0006019470165483654, -0.06282462924718857, 117.30355072021484], [0.03365251421928406, 2.0339863300323486, -1.2678173780441284, -85.81855773925781], [-0.052925530821084976, 1.2660634517669678, 2.0368337631225586, -82.777587890625], [0.0, 0.0, 0.0, 1.0]], "dcmmeta_reorient_transform": [[0.0, -1.0, 0.0, 95.0], [1.0, 0.0, 0.0, 0.0], [0.0, 0.0, 1.0, 0.0], [0.0, 0.0, 0.0, 1.0]], "dcmmeta_shape": [96, 96, 64, 518], "dcmmeta_slice_dim": 2, "dcmmeta_version": 0.6, "global": {"const": {"AcquisitionMatrix": [96, 0, 0, 96], "AngioFlag": "N", "BitsAllocated": 16, "BitsStored": 16, "BodyPartExamined": "BRAIN", "Columns": 768, "DeidentificationMethodCodeSequence": [{"CodeMeaning": "XNAT Edit Script", "CodeValue": "93", "CodingSchemeDesignator": "XNAT", "CodingSchemeVersion": "0.1"}], "EchoNumbers": 1, "EchoTime": 30.0, "EchoTrainLength": 47, "FlipAngle": 63.0, "HighBit": 15, "ImageOrientationPatient": [0.99965729391241, -0.0140462672461, -0.0220906564904, 0.00025124746506, 0.84896818637606, -0.5284438999516], "ImagePositionPatient": [-922.28708104294, -779.52225842876, 480.67874106804], "ImageType": ["ORIGINAL", "PRIMARY", "M", "ND", "NORM", "MOSAIC"], "ImagedNucleus": "1H", "ImagingFrequency": 123.192873, "InPlanePhaseEncodingDirection": "COL", "MRAcquisitionType": "2D", "MagneticFieldStrength": 3.0, "Manufacturer": "SIEMENS", "ManufacturerModelName": "Skyra", "Modality": "MR", "NumberOfAverages": 1.0, "NumberOfPhaseEncodingSteps": 95, "PercentPhaseFieldOfView": 100.0, "PercentSampling": 100.0, "PerformedProcedureStepStartTime": "071834.313000", "PhotometricInterpretation": "MONOCHROME2", "PixelBandwidth": 2005.0, "PixelRepresentation": 0, "PixelSpacing": [2.3958332538605, 2.3958332538605], "ProtocolName": "Resting State fMRI MBEPI_matrix96_BW2004", "RepetitionTime": 1160.0, "Rows": 768, "SAR": 0.10904235442763, "SamplesPerPixel": 1, "ScanOptions": "FS", "ScanningSequence": "EP", "SequenceName": "epfid2d1_96", "SequenceVariant": "SK", "SeriesDescription": "Resting State fMRI MBEPI_matrix96_BW2004", "SeriesNumber": 10, "SeriesTime": "073402.722000", "SliceLocation": -27.988123315776, "SliceThickness": 2.0, "SmallestImagePixelValue": 0, "SoftwareVersions": "syngo MR D13", "SpacingBetweenSlices": 2.4000000263179, "SpecificCharacterSet": "ISO_IR 100", "StudyID": "1", "StudyTime": "071834.162000", "TransmitCoilName": "Body", "VariableFlipAngleFlag": "N", "WindowCenterWidthExplanation": "Algo1", "dBdt": 0.0}, "slices": {}}, "time": {"samples": {"AcquisitionNumber": [1, 2, 3, 4, 5, 6, 7, 8, 9, 10, 11, 12, 13, 14, 15, 16, 17, 18, 19, 20, 21, 22, 23, 24, 25, 26, 27, 28, 29, 30, 31, 32, 33, 34, 35, 36, 37, 38, 39, 40, 41, 42, 43, 44, 45, 46, 47, 48, 49, 50, 51, 52, 53, 54, 55, 56, 57, 58, 59, 60, 61, 62, 63, 64, 65, 66, 67, 68, 69, 70, 71, 72, 73, 74, 75, 76, 77, 78, 79, 80, 81, 82, 83, 84, 85, 86, 87, 88, 89, 90, 91, 92, 93, 94, 95, 96, 97, 98, 99, 100, 101, 102, 103, 104, 105, 106, 107, 108, 109, 110, 111, 112, 113, 114, 115, 116, 117, 118, 119, 120, 121, 122, 123, 124, 125, 126, 127, 128, 129, 130, 131, 132, 133, 134, 135, 136, 137, 138, 139, 140, 141, 142, 143, 144, 145, 146, 147, 148, 149, 150, 151, 152, 153, 154, 155, 156, 157, 158, 159, 160, 161, 162, 163, 164, 165, 166, 167, 168, 169, 170, 171, 172, 173, 174, 175, 176, 177, 178, 179, 180, 181, 182, 183, 184, 185, 186, 187, 188, 189, 190, 191, 192, 193, 194, 195, 196, 197, 198, 199, 200, 201, 202, 203, 204, 205, 206, 207, 208, 209, 210, 211, 212, 213, 214, 215, 216, 217, 218, 219, 220, 221, 222, 223, 224, 225, 226, 227, 228, 229, 230, 231, 232, 233, 234, 235, 236, 237, 238, 239, 240, 241, 242, 243, 244, 245, 246, 247, 248, 249, 250, 251, 252, 253, 254, 255, 256, 257, 258, 259, 260, 261, 262, 263, 264, 265, 266, 267, 268, 269, 270, 271, 272, 273, 274, 275, 276, 277, 278, 279, 280, 281, 282, 283, 284, 285, 286, 287, 288, 289, 290, 291, 292, 293, 294, 295, 296, 297, 298, 299, 300, 301, 302, 303, 304, 305, 306, 307, 308, 309, 310, 311, 312, 313, 314, 315, 316, 317, 318, 319, 320, 321, 322, 323, 324, 325, 326, 327, 328, 329, 330, 331, 332, 333, 334, 335, 336, 337, 338, 339, 340, 341, 342, 343, 344, 345, 346, 347, 348, 349, 350, 351, 352, 353, 354, 355, 356, 357, 358, 359, 360, 361, 362, 363, 364, 365, 366, 367, 368, 369, 370, 371, 372, 373, 374, 375, 376, 377, 378, 379, 380, 381, 382, 383, 384, 385, 386, 387, 388, 389, 390, 391, 392, 393, 394, 395, 396, 397, 398, 399, 400, 401, 402, 403, 404, 405, 406, 407, 408, 409, 410, 411, 412, 413, 414, 415, 416, 417, 418, 419, 420, 421, 422, 423, 424, 425, 426, 427, 428, 429, 430, 431, 432, 433, 434, 435, 436, 437, 438, 439, 440, 441, 442, 443, 444, 445, 446, 447, 448, 449, 450, 451, 452, 453, 454, 455, 456, 457, 458, 459, 460, 461, 462, 463, 464, 465, 466, 467, 468, 469, 470, 471, 472, 473, 474, 475, 476, 477, 478, 479, 480, 481, 482, 483, 484, 485, 486, 487, 488, 489, 490, 491, 492, 493, 494, 495, 496, 497, 498, 499, 500, 501, 502, 503, 504, 505, 506, 507, 508, 509, 510, 511, 512, 513, 514, 515, 516, 517, 518], "AcquisitionTime": ["073308.127500", "073315.067500", "073316.227500", "073317.387500", "073318.547500", "073319.707500", "073320.867500", "073322.027500", "073323.187500", "073324.347500", "073325.507500", "073326.667500", "073327.827500", "073328.987500", "073330.147500", "073331.307500", "073332.467500", "073333.627500", "073334.787500", "073335.947500", "073337.107500", "073338.267500", "073339.427500", "073340.587500", "073341.747500", "073342.907500", "073344.067500", "073345.227500", "073346.387500", "073347.547500", "073348.707500", "073349.867500", "073351.027500", "073352.187500", "073353.347500", "073354.507500", "073355.667500", "073356.827500", "073357.987500", "073359.147500", "073400.307500", "073401.467500", "073402.627500", "073403.787500", "073404.947500", "073406.107500", "073407.267500", "073408.427500", "073409.587500", "073410.747500", "073411.907500", "073413.067500", "073414.227500", "073415.387500", "073416.547500", "073417.707500", "073418.867500", "073420.027500", "073421.187500", "073422.347500", "073423.507500", "073424.667500", "073425.827500", "073426.987500", "073428.147500", "073429.307500", "073430.467500", "073431.627500", "073432.787500", "073433.947500", "073435.107500", "073436.267500", "073437.427500", "073438.587500", "073439.747500", "073440.907500", "073442.067500", "073443.227500", "073444.387500", "073445.547500", "073446.707500", "073447.867500", "073449.027500", "073450.187500", "073451.347500", "073452.507500", "073453.667500", "073454.827500", "073455.987500", "073457.147500", "073458.307500", "073459.467500", "073500.627500", "073501.787500", "073502.947500", "073504.107500", "073505.267500", "073506.427500", "073507.587500", "073508.747500", "073509.907500", "073511.067500", "073512.227500", "073513.387500", "073514.547500", "073515.707500", "073516.867500", "073518.027500", "073519.187500", "073520.347500", "073521.507500", "073522.667500", "073523.827500", "073524.987500", "073526.147500", "073527.307500", "073528.467500", "073529.627500", "073530.787500", "073531.947500", "073533.107500", "073534.267500", "073535.427500", "073536.587500", "073537.747500", "073538.907500", "073540.067500", "073541.227500", "073542.387500", "073543.547500", "073544.707500", "073545.867500", "073547.027500", "073548.187500", "073549.347500", "073550.507500", "073551.667500", "073552.827500", "073553.987500", "073555.147500", "073556.307500", "073557.467500", "073558.627500", "073559.787500", "073600.947500", "073602.107500", "073603.267500", "073604.427500", "073605.587500", "073606.747500", "073607.907500", "073609.067500", "073610.227500", "073611.387500", "073612.547500", "073613.707500", "073614.867500", "073616.027500", "073617.187500", "073618.347500", "073619.507500", "073620.667500", "073621.827500", "073622.987500", "073624.147500", "073625.307500", "073626.467500", "073627.627500", "073628.787500", "073629.947500", "073631.107500", "073632.267500", "073633.427500", "073634.587500", "073635.747500", "073636.907500", "073638.067500", "073639.227500", "073640.387500", "073641.550000", "073642.710000", "073643.870000", "073645.030000", "073646.190000", "073647.350000", "073648.510000", "073649.670000", "073650.830000", "073651.990000", "073653.150000", "073654.310000", "073655.470000", "073656.630000", "073657.790000", "073658.950000", "073700.110000", "073701.270000", "073702.430000", "073703.590000", "073704.750000", "073705.910000", "073707.070000", "073708.230000", "073709.390000", "073710.550000", "073711.710000", "073712.870000", "073714.030000", "073715.190000", "073716.350000", "073717.510000", "073718.670000", "073719.830000", "073720.990000", "073722.150000", "073723.310000", "073724.470000", "073725.630000", "073726.790000", "073727.950000", "073729.110000", "073730.270000", "073731.430000", "073732.590000", "073733.750000", "073734.910000", "073736.070000", "073737.230000", "073738.390000", "073739.550000", "073740.710000", "073741.870000", "073743.030000", "073744.190000", "073745.350000", "073746.510000", "073747.670000", "073748.830000", "073749.990000", "073751.150000", "073752.310000", "073753.470000", "073754.630000", "073755.790000", "073756.950000", "073758.110000", "073759.270000", "073800.430000", "073801.590000", "073802.750000", "073803.910000", "073805.070000", "073806.230000", "073807.390000", "073808.550000", "073809.710000", "073810.870000", "073812.030000", "073813.190000", "073814.350000", "073815.510000", "073816.670000", "073817.830000", "073818.990000", "073820.150000", "073821.310000", "073822.470000", "073823.630000", "073824.790000", "073825.950000", "073827.110000", "073828.270000", "073829.430000", "073830.590000", "073831.750000", "073832.910000", "073834.070000", "073835.230000", "073836.390000", "073837.550000", "073838.710000", "073839.870000", "073841.030000", "073842.190000", "073843.350000", "073844.510000", "073845.670000", "073846.830000", "073847.990000", "073849.150000", "073850.310000", "073851.470000", "073852.630000", "073853.790000", "073854.950000", "073856.110000", "073857.270000", "073858.430000", "073859.590000", "073900.750000", "073901.910000", "073903.070000", "073904.230000", "073905.390000", "073906.550000", "073907.710000", "073908.870000", "073910.030000", "073911.190000", "073912.350000", "073913.510000", "073914.670000", "073915.830000", "073916.990000", "073918.150000", "073919.310000", "073920.470000", "073921.630000", "073922.790000", "073923.950000", "073925.110000", "073926.270000", "073927.430000", "073928.590000", "073929.750000", "073930.910000", "073932.070000", "073933.230000", "073934.390000", "073935.550000", "073936.710000", "073937.870000", "073939.030000", "073940.190000", "073941.350000", "073942.510000", "073943.670000", "073944.830000", "073945.990000", "073947.150000", "073948.310000", "073949.470000", "073950.630000", "073951.790000", "073952.950000", "073954.110000", "073955.270000", "073956.430000", "073957.590000", "073958.750000", "073959.910000", "074001.070000", "074002.230000", "074003.390000", "074004.550000", "074005.710000", "074006.870000", "074008.030000", "074009.190000", "074010.350000", "074011.510000", "074012.670000", "074013.830000", "074014.990000", "074016.150000", "074017.310000", "074018.470000", "074019.630000", "074020.790000", "074021.950000", "074023.110000", "074024.270000", "074025.430000", "074026.590000", "074027.750000", "074028.910000", "074030.070000", "074031.230000", "074032.390000", "074033.550000", "074034.710000", "074035.870000", "074037.030000", "074038.190000", "074039.350000", "074040.510000", "074041.670000", "074042.830000", "074043.990000", "074045.150000", "074046.310000", "074047.470000", "074048.630000", "074049.790000", "074050.950000", "074052.110000", "074053.270000", "074054.430000", "074055.590000", "074056.750000", "074057.910000", "074059.070000", "074100.230000", "074101.390000", "074102.550000", "074103.710000", "074104.870000", "074106.030000", "074107.190000", "074108.350000", "074109.510000", "074110.670000", "074111.830000", "074112.990000", "074114.150000", "074115.310000", "074116.470000", "074117.630000", "074118.790000", "074119.950000", "074121.110000", "074122.270000", "074123.430000", "074124.590000", "074125.750000", "074126.910000", "074128.070000", "074129.230000", "074130.390000", "074131.552500", "074132.712500", "074133.872500", "074135.032500", "074136.192500", "074137.352500", "074138.512500", "074139.672500", "074140.832500", "074141.992500", "074143.152500", "074144.312500", "074145.472500", "074146.632500", "074147.792500", "074148.952500", "074150.112500", "074151.272500", "074152.432500", "074153.592500", "074154.752500", "074155.912500", "074157.072500", "074158.232500", "074159.392500", "074200.552500", "074201.712500", "074202.872500", "074204.032500", "074205.192500", "074206.352500", "074207.512500", "074208.672500", "074209.832500", "074210.992500", "074212.152500", "074213.312500", "074214.472500", "074215.632500", "074216.792500", "074217.952500", "074219.112500", "074220.272500", "074221.432500", "074222.592500", "074223.752500", "074224.912500", "074226.072500", "074227.232500", "074228.392500", "074229.552500", "074230.712500", "074231.872500", "074233.032500", "074234.192500", "074235.352500", "074236.512500", "074237.672500", "074238.832500", "074239.992500", "074241.152500", "074242.312500", "074243.472500", "074244.632500", "074245.792500", "074246.952500", "074248.112500", "074249.272500", "074250.432500", "074251.592500", "074252.752500", "074253.912500", "074255.072500", "074256.232500", "074257.392500", "074258.552500", "074259.712500", "074300.872500", "074302.032500", "074303.192500", "074304.352500", "074305.512500", "074306.672500", "074307.832500", "074308.992500", "074310.152500", "074311.312500", "074312.472500", "074313.632500"], "ContentTime": ["073402.726000", "073402.731000", "073402.735000", "073402.744000", "073402.749000", "073402.753000", "073402.757000", "073402.762000", "073402.766000", "073402.770000", "073402.774000", "073402.779000", "073402.783000", "073402.787000", "073402.790000", "073402.795000", "073402.799000", "073402.803000", "073402.807000", "073402.812000", "073402.816000", "073402.820000", "073402.824000", "073402.828000", "073402.832000", "073402.836000", "073402.840000", "073402.845000", "073402.849000", "073402.853000", "073402.857000", "073402.865000", "073402.869000", "073402.873000", "073402.878000", "073402.883000", "073402.887000", "073402.891000", "073422.660000", "073422.665000", "073422.669000", "073422.674000", "073422.683000", "073422.687000", "073422.691000", "073422.695000", "073422.699000", "073422.704000", "073422.708000", "073422.713000", "073422.717000", "073422.721000", "073422.726000", "073422.730000", "073422.734000", "073422.738000", "073422.742000", "073422.747000", "073502.660000", "073502.665000", "073502.669000", "073502.673000", "073502.678000", "073502.682000", "073502.686000", "073502.690000", "073502.695000", "073502.699000", "073502.703000", "073502.707000", "073502.711000", "073502.716000", "073502.720000", "073502.730000", "073502.735000", "073502.739000", "073502.744000", "073502.748000", "073502.753000", "073502.757000", "073502.761000", "073502.765000", "073502.770000", "073502.774000", "073502.778000", "073502.783000", "073502.787000", "073502.791000", "073502.795000", "073502.799000", "073502.804000", "073502.808000", "073542.659000", "073542.664000", "073542.668000", "073542.672000", "073542.679000", "073542.683000", "073542.689000", "073542.693000", "073542.698000", "073542.702000", "073542.706000", "073542.710000", "073542.715000", "073542.719000", "073542.723000", "073542.728000", "073542.732000", "073542.736000", "073542.741000", "073542.745000", "073542.749000", "073542.754000", "073542.758000", "073542.762000", "073542.766000", "073542.771000", "073542.775000", "073542.779000", "073542.784000", "073542.788000", "073542.792000", "073542.796000", "073542.800000", "073542.804000", "073542.809000", "073622.661000", "073622.666000", "073622.670000", "073622.675000", "073622.680000", "073622.684000", "073622.688000", "073622.692000", "073622.697000", "073622.701000", "073622.705000", "073622.709000", "073622.713000", "073622.717000", "073622.721000", "073622.726000", "073622.730000", "073622.735000", "073622.739000", "073622.743000", "073622.747000", "073622.764000", "073622.768000", "073622.772000", "073622.777000", "073622.782000", "073622.786000", "073622.790000", "073622.794000", "073622.799000", "073622.803000", "073622.807000", "073622.812000", "073622.816000", "073702.661000", "073702.666000", "073702.670000", "073702.674000", "073702.678000", "073702.682000", "073702.687000", "073702.691000", "073702.695000", "073702.699000", "073702.704000", "073702.708000", "073702.712000", "073702.717000", "073702.721000", "073702.725000", "073702.730000", "073702.734000", "073702.738000", "073702.743000", "073702.747000", "073702.751000", "073702.755000", "073702.759000", "073702.764000", "073702.768000", "073702.772000", "073702.777000", "073702.781000", "073702.785000", "073702.790000", "073702.794000", "073702.798000", "073702.802000", "073702.806000", "073742.658000", "073742.663000", "073742.668000", "073742.672000", "073742.676000", "073742.680000", "073742.685000", "073742.689000", "073742.693000", "073742.697000", "073742.702000", "073742.706000", "073742.710000", "073742.715000", "073742.720000", "073742.724000", "073742.728000", "073742.732000", "073742.736000", "073742.740000", "073742.744000", "073742.748000", "073742.753000", "073742.757000", "073742.761000", "073742.765000", "073742.769000", "073742.773000", "073742.777000", "073742.781000", "073742.785000", "073742.789000", "073742.793000", "073742.797000", "073822.660000", "073822.665000", "073822.670000", "073822.677000", "073822.681000", "073822.685000", "073822.690000", "073822.694000", "073822.699000", "073822.703000", "073822.709000", "073822.713000", "073822.718000", "073822.722000", "073822.726000", "073822.730000", "073822.734000", "073822.738000", "073822.743000", "073822.747000", "073822.750000", "073822.755000", "073822.759000", "073822.763000", "073822.767000", "073822.771000", "073822.777000", "073822.781000", "073822.785000", "073822.789000", "073822.794000", "073822.797000", "073822.801000", "073822.805000", "073822.810000", "073902.660000", "073902.665000", "073902.669000", "073902.674000", "073902.678000", "073902.682000", "073902.693000", "073902.698000", "073902.702000", "073902.706000", "073902.711000", "073902.717000", "073902.721000", "073902.726000", "073902.730000", "073902.734000", "073902.738000", "073902.742000", "073902.746000", "073902.751000", "073902.755000", "073902.761000", "073902.765000", "073902.770000", "073902.774000", "073902.778000", "073902.782000", "073902.787000", "073902.791000", "073902.795000", "073902.799000", "073902.803000", "073902.807000", "073902.811000", "073942.660000", "073942.665000", "073942.669000", "073942.673000", "073942.681000", "073942.685000", "073942.689000", "073942.694000", "073942.698000", "073942.702000", "073942.706000", "073942.711000", "073942.721000", "073942.725000", "073942.730000", "073942.734000", "073942.738000", "073942.743000", "073942.747000", "073942.752000", "073942.756000", "073942.760000", "073942.764000", "073942.769000", "073942.773000", "073942.777000", "073942.785000", "073942.790000", "073942.794000", "073942.798000", "073942.803000", "073942.807000", "073942.811000", "073942.815000", "073942.819000", "074022.660000", "074022.675000", "074022.679000", "074022.683000", "074022.687000", "074022.691000", "074022.695000", "074022.699000", "074022.703000", "074022.707000", "074022.711000", "074022.715000", "074022.719000", "074022.723000", "074022.727000", "074022.731000", "074022.735000", "074022.739000", "074022.743000", "074022.747000", "074022.751000", "074022.755000", "074022.759000", "074022.764000", "074022.768000", "074022.772000", "074022.776000", "074022.780000", "074022.784000", "074022.788000", "074022.792000", "074022.795000", "074022.801000", "074022.805000", "074102.661000", "074102.665000", "074102.670000", "074102.674000", "074102.678000", "074102.683000", "074102.687000", "074102.691000", "074102.703000", "074102.706000", "074102.710000", "074102.715000", "074102.719000", "074102.723000", "074102.727000", "074102.731000", "074102.736000", "074102.740000", "074102.744000", "074102.748000", "074102.753000", "074102.757000", "074102.761000", "074102.765000", "074102.770000", "074102.774000", "074102.779000", "074102.783000", "074102.787000", "074102.792000", "074102.796000", "074102.801000", "074102.805000", "074102.809000", "074142.660000", "074142.664000", "074142.668000", "074142.673000", "074142.677000", "074142.681000", "074142.685000", "074142.689000", "074142.693000", "074142.697000", "074142.701000", "074142.705000", "074142.710000", "074142.714000", "074142.718000", "074142.722000", "074142.727000", "074142.731000", "074142.735000", "074142.739000", "074142.744000", "074142.748000", "074142.752000", "074142.757000", "074142.761000", "074142.765000", "074142.769000", "074142.773000", "074142.778000", "074142.782000", "074142.787000", "074142.791000", "074142.795000", "074142.799000", "074142.804000", "074222.659000", "074222.663000", "074222.668000", "074222.672000", "074222.676000", "074222.680000", "074222.684000", "074222.688000", "074222.692000", "074222.696000", "074222.701000", "074222.705000", "074222.709000", "074222.713000", "074222.718000", "074222.722000", "074222.726000", "074222.731000", "074222.735000", "074222.739000", "074222.743000", "074222.748000", "074222.752000", "074222.757000", "074222.761000", "074222.765000", "074222.770000", "074222.775000", "074222.779000", "074222.783000", "074222.787000", "074222.790000", "074222.794000", "074222.799000", "074302.660000", "074302.665000", "074302.669000", "074302.673000", "074302.677000", "074302.681000", "074302.685000", "074302.689000", "074302.693000", "074302.697000", "074302.702000", "074302.706000", "074302.710000", "074302.714000", "074302.719000", "074302.723000", "074302.727000", "074302.731000", "074302.736000", "074302.740000", "074302.744000", "074302.749000", "074302.753000", "074302.757000", "074302.761000", "074302.766000", "074302.770000", "074302.774000", "074302.778000", "074302.783000", "074302.787000", "074302.791000", "074302.795000", "074302.799000", "074302.803000", "074316.057000", "074316.062000", "074316.066000", "074316.070000", "074316.092000", "074316.097000", "074316.101000", "074316.106000", "074316.111000", "074316.117000", "074316.122000", "074316.127000"], "InstanceCreationTime": ["073402.726000", "073402.731000", "073402.735000", "073402.744000", "073402.749000", "073402.753000", "073402.757000", "073402.762000", "073402.766000", "073402.770000", "073402.774000", "073402.779000", "073402.783000", "073402.787000", "073402.790000", "073402.795000", "073402.799000", "073402.803000", "073402.807000", "073402.812000", "073402.816000", "073402.820000", "073402.824000", "073402.828000", "073402.832000", "073402.836000", "073402.840000", "073402.845000", "073402.849000", "073402.853000", "073402.857000", "073402.865000", "073402.869000", "073402.873000", "073402.878000", "073402.883000", "073402.887000", "073402.891000", "073422.660000", "073422.665000", "073422.669000", "073422.674000", "073422.683000", "073422.687000", "073422.691000", "073422.695000", "073422.699000", "073422.704000", "073422.708000", "073422.713000", "073422.717000", "073422.721000", "073422.726000", "073422.730000", "073422.734000", "073422.738000", "073422.742000", "073422.747000", "073502.660000", "073502.665000", "073502.669000", "073502.673000", "073502.678000", "073502.682000", "073502.686000", "073502.690000", "073502.695000", "073502.699000", "073502.703000", "073502.707000", "073502.711000", "073502.716000", "073502.720000", "073502.730000", "073502.735000", "073502.739000", "073502.744000", "073502.748000", "073502.753000", "073502.757000", "073502.761000", "073502.765000", "073502.770000", "073502.774000", "073502.778000", "073502.783000", "073502.787000", "073502.791000", "073502.795000", "073502.799000", "073502.804000", "073502.808000", "073542.659000", "073542.664000", "073542.668000", "073542.672000", "073542.679000", "073542.683000", "073542.689000", "073542.693000", "073542.698000", "073542.702000", "073542.706000", "073542.710000", "073542.715000", "073542.719000", "073542.723000", "073542.728000", "073542.732000", "073542.736000", "073542.741000", "073542.745000", "073542.749000", "073542.754000", "073542.758000", "073542.762000", "073542.766000", "073542.771000", "073542.775000", "073542.779000", "073542.784000", "073542.788000", "073542.792000", "073542.796000", "073542.800000", "073542.804000", "073542.809000", "073622.661000", "073622.666000", "073622.670000", "073622.675000", "073622.680000", "073622.684000", "073622.688000", "073622.692000", "073622.697000", "073622.701000", "073622.705000", "073622.709000", "073622.713000", "073622.717000", "073622.721000", "073622.726000", "073622.730000", "073622.735000", "073622.739000", "073622.743000", "073622.747000", "073622.764000", "073622.768000", "073622.772000", "073622.777000", "073622.782000", "073622.786000", "073622.790000", "073622.794000", "073622.799000", "073622.803000", "073622.807000", "073622.812000", "073622.816000", "073702.661000", "073702.666000", "073702.670000", "073702.674000", "073702.678000", "073702.682000", "073702.687000", "073702.691000", "073702.695000", "073702.699000", "073702.704000", "073702.708000", "073702.712000", "073702.717000", "073702.721000", "073702.725000", "073702.730000", "073702.734000", "073702.738000", "073702.743000", "073702.747000", "073702.751000", "073702.755000", "073702.759000", "073702.764000", "073702.768000", "073702.772000", "073702.777000", "073702.781000", "073702.785000", "073702.790000", "073702.794000", "073702.798000", "073702.802000", "073702.806000", "073742.658000", "073742.663000", "073742.668000", "073742.672000", "073742.676000", "073742.680000", "073742.685000", "073742.689000", "073742.693000", "073742.697000", "073742.702000", "073742.706000", "073742.710000", "073742.715000", "073742.720000", "073742.724000", "073742.728000", "073742.732000", "073742.736000", "073742.740000", "073742.744000", "073742.748000", "073742.753000", "073742.757000", "073742.761000", "073742.765000", "073742.769000", "073742.773000", "073742.777000", "073742.781000", "073742.785000", "073742.789000", "073742.793000", "073742.797000", "073822.660000", "073822.665000", "073822.670000", "073822.677000", "073822.681000", "073822.685000", "073822.690000", "073822.694000", "073822.699000", "073822.703000", "073822.709000", "073822.713000", "073822.718000", "073822.722000", "073822.726000", "073822.730000", "073822.734000", "073822.738000", "073822.743000", "073822.747000", "073822.750000", "073822.755000", "073822.759000", "073822.763000", "073822.767000", "073822.771000", "073822.777000", "073822.781000", "073822.785000", "073822.789000", "073822.794000", "073822.797000", "073822.801000", "073822.805000", "073822.810000", "073902.660000", "073902.665000", "073902.669000", "073902.674000", "073902.678000", "073902.682000", "073902.693000", "073902.698000", "073902.702000", "073902.706000", "073902.711000", "073902.717000", "073902.721000", "073902.726000", "073902.730000", "073902.734000", "073902.738000", "073902.742000", "073902.746000", "073902.751000", "073902.755000", "073902.761000", "073902.765000", "073902.770000", "073902.774000", "073902.778000", "073902.782000", "073902.787000", "073902.791000", "073902.795000", "073902.799000", "073902.803000", "073902.807000", "073902.811000", "073942.660000", "073942.665000", "073942.669000", "073942.673000", "073942.681000", "073942.685000", "073942.689000", "073942.694000", "073942.698000", "073942.702000", "073942.706000", "073942.711000", "073942.721000", "073942.725000", "073942.730000", "073942.734000", "073942.738000", "073942.743000", "073942.747000", "073942.752000", "073942.756000", "073942.760000", "073942.764000", "073942.769000", "073942.773000", "073942.777000", "073942.785000", "073942.790000", "073942.794000", "073942.798000", "073942.803000", "073942.807000", "073942.811000", "073942.815000", "073942.819000", "074022.660000", "074022.675000", "074022.679000", "074022.683000", "074022.687000", "074022.691000", "074022.695000", "074022.699000", "074022.703000", "074022.707000", "074022.711000", "074022.715000", "074022.719000", "074022.723000", "074022.727000", "074022.731000", "074022.735000", "074022.739000", "074022.743000", "074022.747000", "074022.751000", "074022.755000", "074022.759000", "074022.764000", "074022.768000", "074022.772000", "074022.776000", "074022.780000", "074022.784000", "074022.788000", "074022.792000", "074022.795000", "074022.801000", "074022.805000", "074102.661000", "074102.665000", "074102.670000", "074102.674000", "074102.678000", "074102.683000", "074102.687000", "074102.691000", "074102.703000", "074102.706000", "074102.710000", "074102.715000", "074102.719000", "074102.723000", "074102.727000", "074102.731000", "074102.736000", "074102.740000", "074102.744000", "074102.748000", "074102.753000", "074102.757000", "074102.761000", "074102.765000", "074102.770000", "074102.774000", "074102.779000", "074102.783000", "074102.787000", "074102.792000", "074102.796000", "074102.801000", "074102.805000", "074102.809000", "074142.660000", "074142.664000", "074142.668000", "074142.673000", "074142.677000", "074142.681000", "074142.685000", "074142.689000", "074142.693000", "074142.697000", "074142.701000", "074142.705000", "074142.710000", "074142.714000", "074142.718000", "074142.722000", "074142.727000", "074142.731000", "074142.735000", "074142.739000", "074142.744000", "074142.748000", "074142.752000", "074142.757000", "074142.761000", "074142.765000", "074142.769000", "074142.773000", "074142.778000", "074142.782000", "074142.787000", "074142.791000", "074142.795000", "074142.799000", "074142.804000", "074222.659000", "074222.663000", "074222.668000", "074222.672000", "074222.676000", "074222.680000", "074222.684000", "074222.688000", "074222.692000", "074222.696000", "074222.701000", "074222.705000", "074222.709000", "074222.713000", "074222.718000", "074222.722000", "074222.726000", "074222.731000", "074222.735000", "074222.739000", "074222.743000", "074222.748000", "074222.752000", "074222.757000", "074222.761000", "074222.765000", "074222.770000", "074222.775000", "074222.779000", "074222.783000", "074222.787000", "074222.790000", "074222.794000", "074222.799000", "074302.660000", "074302.665000", "074302.669000", "074302.673000", "074302.677000", "074302.681000", "074302.685000", "074302.689000", "074302.693000", "074302.697000", "074302.702000", "074302.706000", "074302.710000", "074302.714000", "074302.719000", "074302.723000", "074302.727000", "074302.731000", "074302.736000", "074302.740000", "074302.744000", "074302.749000", "074302.753000", "074302.757000", "074302.761000", "074302.766000", "074302.770000", "074302.774000", "074302.778000", "074302.783000", "074302.787000", "074302.791000", "074302.795000", "074302.799000", "074302.803000", "074316.057000", "074316.062000", "074316.066000", "074316.070000", "074316.092000", "074316.097000", "074316.101000", "074316.106000", "074316.111000", "074316.117000", "074316.122000", "074316.127000"], "InstanceNumber": [1, 2, 3, 4, 5, 6, 7, 8, 9, 10, 11, 12, 13, 14, 15, 16, 17, 18, 19, 20, 21, 22, 23, 24, 25, 26, 27, 28, 29, 30, 31, 32, 33, 34, 35, 36, 37, 38, 39, 40, 41, 42, 43, 44, 45, 46, 47, 48, 49, 50, 51, 52, 53, 54, 55, 56, 57, 58, 59, 60, 61, 62, 63, 64, 65, 66, 67, 68, 69, 70, 71, 72, 73, 74, 75, 76, 77, 78, 79, 80, 81, 82, 83, 84, 85, 86, 87, 88, 89, 90, 91, 92, 93, 94, 95, 96, 97, 98, 99, 100, 101, 102, 103, 104, 105, 106, 107, 108, 109, 110, 111, 112, 113, 114, 115, 116, 117, 118, 119, 120, 121, 122, 123, 124, 125, 126, 127, 128, 129, 130, 131, 132, 133, 134, 135, 136, 137, 138, 139, 140, 141, 142, 143, 144, 145, 146, 147, 148, 149, 150, 151, 152, 153, 154, 155, 156, 157, 158, 159, 160, 161, 162, 163, 164, 165, 166, 167, 168, 169, 170, 171, 172, 173, 174, 175, 176, 177, 178, 179, 180, 181, 182, 183, 184, 185, 186, 187, 188, 189, 190, 191, 192, 193, 194, 195, 196, 197, 198, 199, 200, 201, 202, 203, 204, 205, 206, 207, 208, 209, 210, 211, 212, 213, 214, 215, 216, 217, 218, 219, 220, 221, 222, 223, 224, 225, 226, 227, 228, 229, 230, 231, 232, 233, 234, 235, 236, 237, 238, 239, 240, 241, 242, 243, 244, 245, 246, 247, 248, 249, 250, 251, 252, 253, 254, 255, 256, 257, 258, 259, 260, 261, 262, 263, 264, 265, 266, 267, 268, 269, 270, 271, 272, 273, 274, 275, 276, 277, 278, 279, 280, 281, 282, 283, 284, 285, 286, 287, 288, 289, 290, 291, 292, 293, 294, 295, 296, 297, 298, 299, 300, 301, 302, 303, 304, 305, 306, 307, 308, 309, 310, 311, 312, 313, 314, 315, 316, 317, 318, 319, 320, 321, 322, 323, 324, 325, 326, 327, 328, 329, 330, 331, 332, 333, 334, 335, 336, 337, 338, 339, 340, 341, 342, 343, 344, 345, 346, 347, 348, 349, 350, 351, 352, 353, 354, 355, 356, 357, 358, 359, 360, 361, 362, 363, 364, 365, 366, 367, 368, 369, 370, 371, 372, 373, 374, 375, 376, 377, 378, 379, 380, 381, 382, 383, 384, 385, 386, 387, 388, 389, 390, 391, 392, 393, 394, 395, 396, 397, 398, 399, 400, 401, 402, 403, 404, 405, 406, 407, 408, 409, 410, 411, 412, 413, 414, 415, 416, 417, 418, 419, 420, 421, 422, 423, 424, 425, 426, 427, 428, 429, 430, 431, 432, 433, 434, 435, 436, 437, 438, 439, 440, 441, 442, 443, 444, 445, 446, 447, 448, 449, 450, 451, 452, 453, 454, 455, 456, 457, 458, 459, 460, 461, 462, 463, 464, 465, 466, 467, 468, 469, 470, 471, 472, 473, 474, 475, 476, 477, 478, 479, 480, 481, 482, 483, 484, 485, 486, 487, 488, 489, 490, 491, 492, 493, 494, 495, 496, 497, 498, 499, 500, 501, 502, 503, 504, 505, 506, 507, 508, 509, 510, 511, 512, 513, 514, 515, 516, 517, 518], "LargestImagePixelValue": [40258, 33315, 42431, 32310, 36402, 43996, 42962, 29641, 34614, 42327, 33727, 36126, 43303, 35852, 39000, 33496, 43910, 35228, 41304, 44056, 46716, 33651, 40300, 33662, 34989, 36745, 37221, 51281, 36193, 35863, 45164, 35509, 42299, 32536, 33335, 42915, 48578, 36514, 34910, 45661, 32756, 33943, 44701, 36658, 36383, 36213, 34554, 34498, 47315, 30932, 43792, 37419, 43123, 33993, 45730, 33558, 38640, 33643, 40946, 43886, 41712, 48948, 38102, 31498, 39800, 35334, 29549, 37694, 35011, 34878, 43008, 43628, 38903, 34405, 46051, 36444, 37912, 34631, 40005, 34233, 44219, 47778, 33821, 44129, 35633, 31283, 40859, 38746, 43556, 36361, 31294, 37784, 41757, 40226, 31701, 32526, 41034, 34824, 33427, 41070, 42701, 46175, 33759, 35425, 50730, 34090, 33290, 44501, 46362, 33754, 38999, 33709, 31363, 43587, 47740, 36380, 34171, 48775, 37557, 31720, 43345, 36651, 33237, 45291, 32005, 39803, 42436, 34899, 44015, 31788, 47122, 29395, 35508, 44314, 36496, 39202, 35631, 40790, 33140, 35158, 43652, 51567, 33626, 35082, 49239, 40229, 35940, 40116, 31663, 43558, 35735, 33374, 42427, 49195, 34680, 32715, 40329, 33191, 35599, 44958, 49777, 30562, 42741, 51379, 37890, 34739, 41480, 34021, 51095, 33934, 42715, 39858, 47261, 32571, 43657, 30340, 32422, 43799, 45364, 34899, 44329, 31260, 49313, 43510, 34301, 50308, 33727, 31953, 47059, 30864, 35288, 36293, 30925, 42094, 42543, 31105, 32480, 41043, 33075, 36506, 46107, 38367, 38436, 49943, 40683, 33273, 46626, 44607, 30183, 35162, 36403, 31444, 46421, 40631, 34122, 37694, 41341, 36191, 33598, 42549, 46395, 35497, 42216, 38225, 49480, 30983, 38701, 50251, 38815, 38216, 34137, 48406, 32483, 41237, 33164, 32197, 41084, 39609, 35189, 48440, 36562, 43187, 46401, 32188, 48427, 30661, 45534, 39050, 33997, 46876, 31732, 41187, 32276, 39176, 40715, 34325, 34593, 30965, 44439, 36201, 37039, 31651, 36060, 41043, 37691, 47822, 44885, 40935, 32329, 39906, 29248, 51413, 38198, 32097, 48790, 36206, 34491, 44044, 30469, 51060, 40832, 32473, 46449, 40132, 31911, 49966, 29306, 38929, 45121, 34525, 34675, 36221, 34830, 48612, 33206, 34507, 42798, 36418, 36660, 36045, 40749, 35479, 47339, 40848, 36665, 48955, 30654, 42107, 51959, 35796, 31949, 45070, 33050, 31030, 42888, 47095, 32343, 32128, 46453, 34663, 31523, 44197, 47132, 34683, 32567, 49480, 34505, 30664, 44690, 47889, 31164, 35440, 41919, 38006, 35743, 48076, 48267, 29160, 34242, 36331, 29084, 36784, 48140, 48174, 35754, 35595, 46492, 31242, 32116, 46759, 34702, 34141, 48112, 40511, 32612, 44958, 35487, 41401, 32269, 42763, 30314, 42123, 31157, 32092, 40650, 48837, 39773, 36852, 34403, 51126, 35649, 33513, 48998, 32480, 38427, 39410, 38088, 48269, 34173, 37221, 52982, 30800, 35290, 40743, 50846, 32120, 33226, 47950, 35392, 38437, 48883, 41632, 30595, 29024, 43744, 33493, 33400, 43488, 48013, 43858, 36613, 31177, 45213, 34990, 45871, 36087, 42814, 46985, 50808, 45099, 29015, 36472, 34159, 34637, 49626, 38283, 30305, 40312, 34450, 48012, 37020, 33951, 48951, 40302, 33236, 50372, 38740, 32666, 46526, 49805, 29574, 39120, 33075, 39060, 37048, 43128, 32312, 48190, 37289, 39647, 33639, 33263, 48072, 36876, 33877, 48320, 33017, 42226, 43343, 38517, 32250, 47797, 33990, 33863, 48626, 29199, 35185, 46959, 38377, 34908, 49677, 42357, 29963, 47789, 48150, 32835, 33234, 38987, 34040, 31717, 44562, 50755, 35378, 31816, 44849, 41002, 39456, 34951, 48660, 47224, 28732, 38778, 45454, 32312, 33649, 44661, 28992, 38270, 47432, 36901, 37647, 49630, 34127, 33793, 49668, 38616, 34094, 54159, 34269, 37486, 46977, 35973, 48553, 33142, 43603, 53167, 34726, 33487, 53527, 35710, 43510, 34479, 35756, 48263, 43401, 39981, 32274, 34972], "WindowCenter": [11079.0, 11042.0, 11055.0, 11038.0, 11043.0, 11058.0, 11046.0, 10999.0, 11026.0, 11042.0, 11025.0, 11051.0, 11070.0, 11049.0, 11064.0, 11040.0, 11071.0, 11052.0, 11059.0, 11060.0, 11063.0, 11034.0, 11065.0, 11041.0, 11056.0, 11053.0, 11054.0, 11083.0, 11038.0, 11035.0, 11054.0, 11042.0, 11048.0, 11039.0, 11032.0, 11044.0, 11050.0, 11034.0, 11034.0, 11066.0, 11017.0, 11036.0, 11059.0, 11033.0, 11034.0, 11043.0, 11032.0, 11033.0, 11066.0, 11037.0, 11062.0, 11041.0, 11044.0, 11019.0, 11055.0, 11025.0, 11050.0, 11049.0, 11054.0, 11058.0, 11047.0, 11059.0, 11040.0, 11016.0, 11046.0, 11037.0, 11013.0, 11056.0, 11051.0, 11049.0, 11067.0, 11061.0, 11048.0, 11028.0, 11066.0, 11051.0, 11048.0, 11042.0, 11058.0, 11027.0, 11052.0, 11056.0, 11017.0, 11053.0, 11029.0, 11020.0, 11031.0, 11025.0, 11038.0, 11028.0, 11009.0, 11033.0, 11046.0, 11049.0, 11013.0, 11017.0, 11061.0, 11040.0, 11051.0, 11053.0, 11056.0, 11057.0, 11030.0, 11043.0, 11069.0, 11033.0, 11019.0, 11049.0, 11051.0, 11023.0, 11044.0, 11028.0, 11029.0, 11054.0, 11056.0, 11025.0, 11018.0, 11056.0, 11029.0, 11011.0, 11036.0, 11017.0, 11015.0, 11060.0, 11020.0, 11044.0, 11046.0, 11017.0, 11046.0, 11003.0, 11042.0, 11013.0, 11029.0, 11049.0, 11041.0, 11038.0, 11032.0, 11038.0, 11031.0, 11034.0, 11046.0, 11056.0, 11022.0, 11035.0, 11069.0, 11050.0, 11039.0, 11038.0, 11004.0, 11048.0, 11042.0, 11021.0, 11051.0, 11071.0, 11021.0, 11013.0, 11041.0, 11040.0, 11046.0, 11065.0, 11061.0, 11012.0, 11058.0, 11066.0, 11026.0, 11027.0, 11055.0, 11031.0, 11068.0, 11028.0, 11051.0, 11034.0, 11047.0, 11016.0, 11041.0, 11004.0, 11012.0, 11051.0, 11047.0, 11066.0, 11070.0, 11033.0, 11070.0, 11040.0, 11001.0, 11031.0, 10988.0, 10979.0, 11024.0, 10993.0, 11018.0, 11011.0, 11001.0, 11034.0, 11042.0, 10990.0, 11002.0, 11024.0, 11011.0, 11031.0, 11045.0, 11043.0, 11020.0, 11039.0, 11031.0, 10999.0, 11041.0, 11030.0, 10985.0, 11011.0, 11033.0, 11012.0, 11050.0, 11040.0, 11034.0, 11025.0, 11038.0, 11043.0, 11035.0, 11067.0, 11069.0, 11034.0, 11052.0, 11040.0, 11057.0, 11014.0, 11034.0, 11067.0, 11026.0, 11023.0, 11014.0, 11039.0, 11007.0, 11047.0, 11019.0, 11022.0, 11048.0, 11042.0, 11033.0, 11057.0, 11034.0, 11049.0, 11057.0, 11023.0, 11056.0, 11001.0, 11048.0, 11019.0, 10996.0, 11037.0, 10995.0, 11024.0, 10996.0, 11015.0, 11016.0, 11008.0, 11013.0, 11015.0, 11036.0, 11017.0, 11021.0, 11010.0, 11036.0, 11040.0, 11034.0, 11053.0, 11039.0, 11015.0, 10999.0, 11016.0, 10991.0, 11046.0, 11026.0, 11015.0, 11038.0, 11009.0, 11023.0, 11045.0, 11007.0, 11057.0, 11033.0, 11013.0, 11033.0, 11020.0, 10997.0, 11051.0, 10997.0, 11036.0, 11044.0, 11016.0, 11014.0, 11021.0, 11021.0, 11057.0, 11019.0, 11027.0, 11035.0, 11021.0, 11042.0, 11031.0, 11046.0, 11028.0, 11043.0, 11039.0, 11032.0, 11051.0, 10999.0, 11047.0, 11057.0, 11005.0, 10995.0, 11036.0, 11012.0, 11007.0, 11039.0, 11042.0, 11002.0, 11003.0, 11045.0, 11026.0, 11016.0, 11052.0, 11059.0, 11020.0, 11018.0, 11053.0, 11020.0, 11005.0, 11033.0, 11046.0, 11009.0, 11020.0, 11039.0, 11026.0, 11020.0, 11039.0, 11034.0, 10988.0, 11029.0, 11034.0, 11003.0, 11032.0, 11049.0, 11049.0, 11030.0, 11024.0, 11036.0, 11019.0, 11014.0, 11052.0, 11014.0, 11015.0, 11053.0, 11025.0, 10995.0, 11030.0, 10999.0, 11010.0, 10979.0, 11013.0, 10999.0, 11022.0, 10985.0, 10997.0, 11022.0, 11030.0, 11001.0, 11000.0, 10986.0, 11029.0, 10994.0, 10990.0, 11041.0, 11007.0, 11013.0, 11008.0, 11007.0, 11037.0, 11011.0, 11016.0, 11057.0, 11000.0, 11016.0, 11024.0, 11041.0, 11000.0, 11014.0, 11053.0, 11019.0, 11023.0, 11036.0, 11018.0, 10986.0, 10983.0, 11031.0, 11015.0, 11032.0, 11063.0, 11061.0, 11046.0, 11014.0, 11014.0, 11094.0, 11046.0, 11070.0, 11037.0, 11036.0, 11037.0, 11037.0, 11014.0, 10962.0, 11003.0, 11018.0, 11016.0, 11054.0, 11028.0, 11002.0, 11031.0, 11017.0, 11043.0, 11022.0, 11009.0, 11039.0, 11009.0, 11002.0, 11042.0, 11019.0, 10991.0, 11021.0, 11025.0, 10976.0, 11024.0, 11026.0, 11035.0, 11041.0, 11046.0, 11012.0, 11049.0, 11035.0, 11040.0, 11016.0, 11012.0, 11042.0, 11023.0, 11020.0, 11065.0, 11012.0, 11045.0, 11037.0, 11015.0, 10997.0, 11030.0, 11007.0, 11011.0, 11042.0, 11000.0, 11025.0, 11052.0, 11030.0, 11027.0, 11053.0, 11033.0, 11003.0, 11039.0, 11049.0, 11004.0, 11004.0, 11025.0, 11015.0, 11002.0, 11035.0, 11053.0, 11020.0, 11020.0, 11054.0, 11047.0, 11032.0, 11019.0, 11055.0, 11048.0, 10994.0, 11022.0, 11044.0, 11015.0, 11021.0, 11045.0, 11002.0, 11036.0, 11062.0, 11034.0, 11035.0, 11058.0, 11030.0, 11030.0, 11060.0, 11035.0, 11026.0, 11079.0, 11026.0, 11035.0, 11058.0, 11030.0, 11072.0, 11020.0, 11039.0, 11048.0, 11008.0, 10995.0, 11046.0, 11001.0, 11020.0, 10991.0, 10977.0, 11008.0, 10994.0, 10991.0, 10973.0, 10983.0], "WindowWidth": [23828.0, 23718.0, 23753.0, 23702.0, 23714.0, 23749.0, 23716.0, 23602.0, 23659.0, 23708.0, 23672.0, 23722.0, 23778.0, 23723.0, 23755.0, 23701.0, 23783.0, 23734.0, 23757.0, 23755.0, 23759.0, 23694.0, 23776.0, 23703.0, 23744.0, 23738.0, 23734.0, 23813.0, 23697.0, 23685.0, 23745.0, 23703.0, 23728.0, 23694.0, 23681.0, 23714.0, 23732.0, 23688.0, 23688.0, 23761.0, 23646.0, 23685.0, 23753.0, 23683.0, 23685.0, 23706.0, 23680.0, 23682.0, 23773.0, 23686.0, 23761.0, 23708.0, 23714.0, 23648.0, 23741.0, 23670.0, 23728.0, 23719.0, 23739.0, 23744.0, 23721.0, 23759.0, 23701.0, 23640.0, 23717.0, 23685.0, 23631.0, 23734.0, 23726.0, 23726.0, 23775.0, 23759.0, 23715.0, 23667.0, 23770.0, 23725.0, 23722.0, 23707.0, 23744.0, 23672.0, 23731.0, 23746.0, 23646.0, 23731.0, 23671.0, 23639.0, 23673.0, 23664.0, 23701.0, 23669.0, 23620.0, 23682.0, 23712.0, 23714.0, 23632.0, 23648.0, 23755.0, 23707.0, 23724.0, 23739.0, 23741.0, 23744.0, 23676.0, 23704.0, 23776.0, 23681.0, 23649.0, 23728.0, 23732.0, 23663.0, 23712.0, 23669.0, 23667.0, 23735.0, 23740.0, 23664.0, 23648.0, 23746.0, 23675.0, 23623.0, 23690.0, 23642.0, 23636.0, 23752.0, 23651.0, 23708.0, 23713.0, 23636.0, 23705.0, 23613.0, 23710.0, 23626.0, 23675.0, 23727.0, 23691.0, 23698.0, 23678.0, 23696.0, 23671.0, 23678.0, 23711.0, 23745.0, 23658.0, 23690.0, 23774.0, 23720.0, 23686.0, 23690.0, 23615.0, 23724.0, 23694.0, 23651.0, 23727.0, 23774.0, 23656.0, 23636.0, 23706.0, 23693.0, 23714.0, 23766.0, 23758.0, 23627.0, 23739.0, 23764.0, 23669.0, 23667.0, 23735.0, 23677.0, 23777.0, 23671.0, 23727.0, 23688.0, 23722.0, 23638.0, 23704.0, 23606.0, 23627.0, 23722.0, 23721.0, 23775.0, 23777.0, 23679.0, 23777.0, 23692.0, 23595.0, 23676.0, 23563.0, 23542.0, 23656.0, 23580.0, 23637.0, 23622.0, 23594.0, 23680.0, 23687.0, 23572.0, 23599.0, 23657.0, 23623.0, 23668.0, 23713.0, 23692.0, 23647.0, 23693.0, 23663.0, 23591.0, 23688.0, 23664.0, 23559.0, 23626.0, 23675.0, 23626.0, 23726.0, 23696.0, 23668.0, 23657.0, 23694.0, 23701.0, 23683.0, 23771.0, 23771.0, 23682.0, 23723.0, 23699.0, 23749.0, 23630.0, 23686.0, 23760.0, 23654.0, 23644.0, 23624.0, 23697.0, 23615.0, 23703.0, 23645.0, 23654.0, 23717.0, 23704.0, 23679.0, 23744.0, 23681.0, 23720.0, 23731.0, 23645.0, 23735.0, 23601.0, 23718.0, 23641.0, 23589.0, 23682.0, 23579.0, 23654.0, 23588.0, 23633.0, 23637.0, 23613.0, 23626.0, 23628.0, 23690.0, 23639.0, 23649.0, 23623.0, 23685.0, 23699.0, 23680.0, 23730.0, 23695.0, 23634.0, 23586.0, 23636.0, 23573.0, 23716.0, 23658.0, 23624.0, 23694.0, 23620.0, 23639.0, 23708.0, 23613.0, 23741.0, 23675.0, 23620.0, 23681.0, 23643.0, 23590.0, 23725.0, 23590.0, 23688.0, 23705.0, 23631.0, 23628.0, 23648.0, 23645.0, 23740.0, 23644.0, 23655.0, 23689.0, 23649.0, 23687.0, 23670.0, 23710.0, 23659.0, 23704.0, 23687.0, 23668.0, 23719.0, 23589.0, 23702.0, 23730.0, 23606.0, 23581.0, 23692.0, 23624.0, 23612.0, 23695.0, 23699.0, 23598.0, 23602.0, 23712.0, 23657.0, 23632.0, 23724.0, 23729.0, 23638.0, 23641.0, 23729.0, 23638.0, 23602.0, 23679.0, 23704.0, 23613.0, 23648.0, 23690.0, 23654.0, 23632.0, 23684.0, 23672.0, 23561.0, 23664.0, 23674.0, 23602.0, 23671.0, 23720.0, 23714.0, 23658.0, 23646.0, 23686.0, 23630.0, 23624.0, 23719.0, 23630.0, 23632.0, 23726.0, 23654.0, 23571.0, 23668.0, 23588.0, 23609.0, 23541.0, 23625.0, 23581.0, 23645.0, 23552.0, 23574.0, 23638.0, 23666.0, 23595.0, 23584.0, 23555.0, 23667.0, 23578.0, 23566.0, 23689.0, 23603.0, 23619.0, 23611.0, 23611.0, 23687.0, 23617.0, 23633.0, 23731.0, 23585.0, 23622.0, 23649.0, 23698.0, 23595.0, 23624.0, 23723.0, 23640.0, 23647.0, 23679.0, 23636.0, 23555.0, 23548.0, 23673.0, 23632.0, 23669.0, 23748.0, 23747.0, 23700.0, 23624.0, 23627.0, 23846.0, 23703.0, 23766.0, 23679.0, 23672.0, 23684.0, 23678.0, 23618.0, 23491.0, 23598.0, 23625.0, 23628.0, 23722.0, 23653.0, 23587.0, 23662.0, 23625.0, 23699.0, 23641.0, 23605.0, 23683.0, 23611.0, 23584.0, 23690.0, 23629.0, 23565.0, 23641.0, 23649.0, 23530.0, 23653.0, 23650.0, 23680.0, 23684.0, 23697.0, 23614.0, 23712.0, 23673.0, 23680.0, 23627.0, 23620.0, 23697.0, 23639.0, 23631.0, 23752.0, 23625.0, 23694.0, 23674.0, 23622.0, 23575.0, 23667.0, 23602.0, 23616.0, 23697.0, 23587.0, 23649.0, 23716.0, 23666.0, 23654.0, 23725.0, 23669.0, 23590.0, 23684.0, 23702.0, 23596.0, 23597.0, 23650.0, 23621.0, 23591.0, 23677.0, 23730.0, 23641.0, 23633.0, 23731.0, 23703.0, 23664.0, 23635.0, 23731.0, 23707.0, 23570.0, 23647.0, 23694.0, 23621.0, 23639.0, 23697.0, 23594.0, 23683.0, 23739.0, 23680.0, 23678.0, 23742.0, 23667.0, 23664.0, 23746.0, 23681.0, 23657.0, 23783.0, 23655.0, 23680.0, 23737.0, 23664.0, 23767.0, 23641.0, 23687.0, 23714.0, 23603.0, 23575.0, 23703.0, 23593.0, 23635.0, 23556.0, 23527.0, 23606.0, 23567.0, 23563.0, 23517.0, 23538.0]}, "slices": {}}}