{"AcquisitionMatrixPE": 96, "AcquisitionNumber": 1, "AcquisitionTime": "17:06:48.792500", "BandwidthPerPixelPhaseEncode": 33.602, "BaseResolution": 96, "BodyPartExamined": "BRAIN", "ConsistencyInfo": "N4_VD11D_LATEST_20110129", "ConversionSoftware": "dcm2niix", "ConversionSoftwareVersion": "v1.0.20210317", "DerivedVendorReportedEchoSpacing": 0.000620003, "DeviceSerialNumber": "45239", "DwellTime": 2.6e-06, "EchoTime": 0.036, "EchoTrainLength": 48, "EffectiveEchoSpacing": 0.000310001, "FlipAngle": 90, "ImageOrientationPatientDICOM": [0.999585, -0.0256783, 0.0130274, 0.0287939, 0.891428, -0.452247], "ImageType": ["ORIGINAL", "PRIMARY", "M", "ND", "NORM", "MOSAIC"], "ImagingFrequency": 123.193, "InPlanePhaseEncodingDirectionDICOM": "COL", "InstitutionAddress": "E 24th St. 100,Austin,Southmiddle,US,78712", "InstitutionName": "Univ of Texas at Austin", "InstitutionalDepartmentName": "IRC", "MRAcquisitionType": "2D", "MagneticFieldStrength": 3, "Manufacturer": "Siemens", "ManufacturersModelName": "Skyra", "Modality": "MR", "ParallelReductionFactorInPlane": 2, "PartialFourier": 1, "PatientPosition": "HFS", "PercentPhaseFOV": 100, "PercentSampling": 100, "PhaseEncodingDirection": "j", "PhaseEncodingSteps": 96, "PhaseResolution": 1, "PixelBandwidth": 2005, "ProcedureStepDescription": "Poldrack2^self-scanning", "ProtocolName": "MB-SE_FieldMap_P-A", "PulseSequenceDetails": "%CustomerSeq%\\cmrr_mbep2d_se", "ReceiveCoilActiveElements": "HEA;HEP", "ReceiveCoilName": "Head_32", "ReconMatrixPE": 96, "RefLinesPE": 48, "RepetitionTime": 4.55, "SAR": 0.363791, "ScanOptions": "FS", "ScanningSequence": "EP", "SequenceName": "epse2d1_96", "SequenceVariant": "SK", "SeriesDescription": "MB-SE_FieldMap_P-A", "SeriesNumber": 7, "ShimSetting": [-2781, 8107, -15449, 163, -253, 186, 82, -90], "SliceThickness": 2, "SliceTiming": [2.2725, 0, 2.34, 0.065, 2.4075, 0.1325, 2.475, 0.2, 2.54, 0.2675, 2.6075, 0.3325, 2.675, 0.4, 2.7425, 0.4675, 2.8075, 0.535, 2.875, 0.6, 2.9425, 0.6675, 3.01, 0.735, 3.0775, 0.8025, 3.1425, 0.8675, 3.21, 0.935, 3.2775, 1.0025, 3.345, 1.07, 3.41, 1.135, 3.4775, 1.2025, 3.545, 1.27, 3.6125, 1.3375, 3.6775, 1.405, 3.745, 1.47, 3.8125, 1.5375, 3.88, 1.605, 3.945, 1.6725, 4.0125, 1.7375, 4.08, 1.805, 4.1475, 1.8725, 4.2125, 1.94, 4.28, 2.005, 4.3475, 2.0725, 4.415, 2.14, 4.48, 2.2075], "SoftwareVersions": "syngo MR D11", "SpacingBetweenSlices": 2.4, "StationName": "AWP45239", "TotalReadoutTime": 0.0294501, "TxRefAmp": 343.564, "WipMemBlock": "d4db8ab8-cc82-4c0a-ab35-74848cfa83a8||Sequence: VD11D r196; Dec  8 2012 22:11:06 by IDEA", "dcmmeta_affine": [[-2.3948397636413574, 0.06898539513349533, -2.5589694807592878e-09, 117.55541229248047], [0.0615210086107254, 2.1357123851776123, -1.0858433246612549, -83.74830627441406], [0.031211385503411293, 1.0835087299346924, 2.1403141021728516, -82.83740997314453], [0.0, 0.0, 0.0, 1.0]], "dcmmeta_reorient_transform": [[0.0, -1.0, 0.0, 95.0], [1.0, 0.0, 0.0, 0.0], [0.0, 0.0, 1.0, 0.0], [0.0, 0.0, 0.0, 1.0]], "dcmmeta_shape": [96, 96, 68, 5], "dcmmeta_slice_dim": 2, "dcmmeta_version": 0.6, "global": {"const": {"AcquisitionMatrix": [96, 0, 0, 96], "AngioFlag": "N", "BitsAllocated": 16, "BitsStored": 16, "BodyPartExamined": "BRAIN", "Columns": 864, "EchoNumbers": 1, "EchoTime": 36.0, "EchoTrainLength": 48, "FlipAngle": 90.0, "HighBit": 15, "ImageOrientationPatient": [0.99958536953123, -0.0256783346127, 0.01302736161453, 0.02879390593715, 0.89142776136048, -0.4522471196776], "ImagePositionPatient": [-1070.2179299185, -915.63380452733, 424.17807637687], "ImageType": ["ORIGINAL", "PRIMARY", "M", "ND", "NORM", "MOSAIC"], "ImagedNucleus": "1H", "ImagingFrequency": 123.19324, "InPlanePhaseEncodingDirection": "COL", "MRAcquisitionType": "2D", "MagneticFieldStrength": 3.0, "Manufacturer": "SIEMENS", "ManufacturerModelName": "Skyra", "Modality": "MR", "NumberOfAverages": 1.0, "NumberOfPhaseEncodingSteps": 96, "PercentPhaseFieldOfView": 100.0, "PercentSampling": 100.0, "PerformedProcedureStepStartTime": "165318.734000", "PhotometricInterpretation": "MONOCHROME2", "PixelBandwidth": 2005.0, "PixelRepresentation": 0, "PixelSpacing": [2.3958332538605, 2.3958332538605], "ProtocolName": "MB-SE_FieldMap_P-A", "RepetitionTime": 4550.0, "Rows": 864, "SAR": 0.36379079494996, "SamplesPerPixel": 1, "ScanOptions": "FS", "ScanningSequence": "EP", "SequenceName": "epse2d1_96", "SequenceVariant": "SK", "SeriesDescription": "MB-SE_FieldMap_P-A", "SeriesNumber": 7, "SeriesTime": "170710.093000", "SliceLocation": -35.983558723635, "SliceThickness": 2.0, "SmallestImagePixelValue": 0, "SoftwareVersions": "syngo MR D11", "SpacingBetweenSlices": 2.4000000265783, "SpecificCharacterSet": "ISO_IR 100", "StudyID": "2", "StudyTime": "165318.703000", "TransmitCoilName": "Body", "VariableFlipAngleFlag": "N", "WindowCenterWidthExplanation": "Algo1", "dBdt": 0.0}, "slices": {}}, "time": {"samples": {"AcquisitionNumber": [1, 2, 3, 4, 5], "AcquisitionTime": ["170648.792500", "170653.342500", "170657.892500", "170702.442500", "170706.992500"], "ContentTime": ["170710.093000", "170710.093000", "170710.109000", "170710.109000", "170710.109000"], "InstanceCreationTime": ["170710.093000", "170710.093000", "170710.109000", "170710.109000", "170710.109000"], "InstanceNumber": [1, 2, 3, 4, 5], "LargestImagePixelValue": [41613, 42588, 42004, 42807, 42113], "WindowCenter": [6979.0, 6984.0, 6982.0, 6986.0, 6998.0], "WindowWidth": [14913.0, 14933.0, 14933.0, 14937.0, 14960.0]}, "slices": {}}}