{"AcquisitionMatrixPE": 128, "AcquisitionNumber": 1, "AcquisitionTime": "07:45:0.232500", "BandwidthPerPixelPhaseEncode": 20.292, "BaseResolution": 128, "BodyPartExamined": "BRAIN", "ConsistencyInfo": "N4_VD11D_LATEST_20110129", "ConversionSoftware": "dcm2niix", "ConversionSoftwareVersion": "v1.0.20210317", "DerivedVendorReportedEchoSpacing": 0.000770008, "DeviceSerialNumber": "45239", "DiffusionScheme": "Monopolar", "DwellTime": 2.4e-06, "EchoTime": 0.092, "EchoTrainLength": 51, "EffectiveEchoSpacing": 0.000385004, "FlipAngle": 90, "ImageComments": "Unaliased MB3/PE3", "ImageOrientationPatientDICOM": [1, -1e-16, 0, 1e-16, 1, 0], "ImageType": ["ORIGINAL", "PRIMARY", "DIFFUSION", "NONE", "ND", "NORM", "MOSAIC"], "ImagingFrequency": 123.193, "InPlanePhaseEncodingDirectionDICOM": "ROW", "InstitutionAddress": "E 24th St. 100,Austin,Southmiddle,US,78712", "InstitutionName": "Univ of Texas at Austin", "InstitutionalDepartmentName": "IRC", "MRAcquisitionType": "2D", "MagneticFieldStrength": 3, "Manufacturer": "Siemens", "ManufacturersModelName": "Skyra", "Modality": "MR", "MultibandAccelerationFactor": 3, "ParallelReductionFactorInPlane": 2, "PartialFourier": 0.75, "PatientPosition": "HFS", "PercentPhaseFOV": 100, "PercentSampling": 100, "PhaseEncodingDirection": "i-", "PhaseEncodingSteps": 102, "PhaseResolution": 1, "PixelBandwidth": 1630, "ProcedureStepDescription": "Poldrack2^self-scanning", "ProtocolName": "MBEPI with MDDW L-R", "PulseSequenceDetails": "%CustomerSeq%\\cmrr_mbep2d_diff", "ReceiveCoilActiveElements": "HEA;HEP", "ReceiveCoilName": "Head_32", "ReconMatrixPE": 128, "RefLinesPE": 76, "RepetitionTime": 5, "SAR": 0.13127, "ScanOptions": "PFP\\FS", "ScanningSequence": "EP", "SequenceName": "ep_b5#1", "SequenceVariant": "SK", "SeriesDescription": "MBEPI with MDDW L-R", "SeriesNumber": 16, "ShimSetting": [-2775, 8126, -15538, 71, -262, 198, 69, -104], "SliceThickness": 1.7, "SliceTiming": [0, 3.64, 2.2975, 0.9575, 4.5975, 3.255, 1.915, 0.575, 4.215, 2.8725, 1.5325, 0.1925, 3.83, 2.49, 1.15, 4.7875, 3.4475, 2.1075, 0.7675, 4.405, 3.065, 1.725, 0.3825, 4.0225, 2.6825, 1.34, 0, 3.64, 2.2975, 0.9575, 4.5975, 3.255, 1.915, 0.575, 4.215, 2.8725, 1.5325, 0.1925, 3.83, 2.49, 1.15, 4.7875, 3.4475, 2.1075, 0.7675, 4.405, 3.065, 1.725, 0.3825, 4.0225, 2.6825, 1.34, 0, 3.64, 2.2975, 0.9575, 4.5975, 3.255, 1.915, 0.575, 4.215, 2.8725, 1.5325, 0.1925, 3.83, 2.49, 1.15, 4.7875, 3.4475, 2.1075, 0.7675, 4.405, 3.065, 1.725, 0.3825, 4.0225, 2.6825, 1.34], "SoftwareVersions": "syngo MR D11", "SpacingBetweenSlices": 1.7, "StationName": "AWP45239", "TotalReadoutTime": 0.0488955, "TxRefAmp": 333.111, "WipMemBlock": "3087456a-ac48-4c57-861b-5225de4e0249||Sequence: VD11D r195; Nov 21 2012 15:37:02 by eja", "dcmmeta_affine": [[-1.7421875, 1.7421875567777916e-16, 0.0, 111.5], [1.7421875567777916e-16, 1.7421875, 0.0, -118.83771514892578], [0.0, 0.0, 1.7000000476837158, -26.10375213623047], [0.0, 0.0, 0.0, 1.0]], "dcmmeta_reorient_transform": [[0.0, -1.0, 0.0, 127.0], [1.0, 0.0, 0.0, 0.0], [0.0, 0.0, 1.0, 0.0], [0.0, 0.0, 0.0, 1.0]], "dcmmeta_shape": [128, 128, 78, 64], "dcmmeta_slice_dim": 2, "dcmmeta_version": 0.6, "global": {"const": {"AcquisitionMatrix": [0, 128, 128, 0], "AngioFlag": "N", "BitsAllocated": 16, "BitsStored": 16, "BodyPartExamined": "BRAIN", "Columns": 1152, "EchoNumbers": 1, "EchoTime": 92.0, "EchoTrainLength": 51, "FlipAngle": 90.0, "HighBit": 15, "ImageOrientationPatient": [1.0, -1e-16, 0.0, 1e-16, 1.0, 0.0], "ImagePositionPatient": [-1003.5, -994.4200963974, -26.10375213623], "ImageType": ["ORIGINAL", "PRIMARY", "DIFFUSION", "NONE", "ND", "NORM", "MOSAIC"], "ImagedNucleus": "1H", "ImagingFrequency": 123.1934, "InPlanePhaseEncodingDirection": "ROW", "MRAcquisitionType": "2D", "MagneticFieldStrength": 3.0, "Manufacturer": "SIEMENS", "ManufacturerModelName": "Skyra", "Modality": "MR", "NumberOfAverages": 1.0, "NumberOfPhaseEncodingSteps": 102, "PercentPhaseFieldOfView": 100.0, "PercentSampling": 100.0, "PerformedProcedureStepStartTime": "071103.734000", "PhotometricInterpretation": "MONOCHROME2", "PixelBandwidth": 1630.0, "PixelRepresentation": 0, "PixelSpacing": [1.7421875, 1.7421875], "ProtocolName": "MBEPI with MDDW L-R", "RepetitionTime": 5000.0, "Rows": 1152, "SAR": 0.13126960799736, "SamplesPerPixel": 1, "ScanOptions": ["PFP", "FS"], "ScanningSequence": "EP", "SequenceVariant": "SK", "SeriesDescription": "MBEPI with MDDW L-R", "SeriesNumber": 16, "SeriesTime": "074631.562000", "SliceLocation": -26.10375213623, "SliceThickness": 1.7000000476837, "SmallestImagePixelValue": 0, "SoftwareVersions": "syngo MR D11", "SpacingBetweenSlices": 1.7000000198166, "SpecificCharacterSet": "ISO_IR 100", "StudyID": "1", "StudyTime": "071103.687000", "TransmitCoilName": "Body", "VariableFlipAngleFlag": "N", "WindowCenterWidthExplanation": "Algo1", "dBdt": 0.0}, "slices": {}}, "time": {"samples": {"AcquisitionNumber": [1, 2, 3, 4, 5, 6, 7, 8, 9, 10, 11, 12, 13, 14, 15, 16, 17, 18, 19, 20, 21, 22, 23, 24, 25, 26, 27, 28, 29, 30, 31, 32, 33, 34, 35, 36, 37, 38, 39, 40, 41, 42, 43, 44, 45, 46, 47, 48, 49, 50, 51, 52, 53, 54, 55, 56, 57, 58, 59, 60, 61, 62, 63, 64], "AcquisitionTime": ["074500.232500", "074630.232500", "074635.232500", "074640.232500", "074645.232500", "074650.232500", "074655.232500", "074700.232500", "074705.232500", "074710.232500", "074715.232500", "074720.232500", "074725.232500", "074730.232500", "074735.232500", "074740.232500", "074745.232500", "074750.232500", "074755.232500", "074800.232500", "074805.232500", "074810.232500", "074815.232500", "074820.232500", "074825.232500", "074830.232500", "074835.232500", "074840.232500", "074845.232500", "074850.232500", "074855.232500", "074900.232500", "074905.232500", "074910.232500", "074915.232500", "074920.232500", "074925.232500", "074930.232500", "074935.232500", "074940.232500", "074945.232500", "074950.232500", "074955.232500", "075000.232500", "075005.232500", "075010.232500", "075015.232500", "075020.232500", "075025.232500", "075030.232500", "075035.232500", "075040.232500", "075045.232500", "075050.232500", "075055.232500", "075100.232500", "075105.232500", "075110.232500", "075115.232500", "075120.232500", "075125.232500", "075130.232500", "075135.232500", "075140.232500"], "ContentTime": ["074631.562000", "074640.125000", "074645.125000", "074650.125000", "074655.125000", "074700.125000", "074705.125000", "074710.125000", "074715.125000", "074720.125000", "074725.125000", "074730.125000", "074735.125000", "074740.125000", "074745.125000", "074750.125000", "074755.125000", "074800.125000", "074805.125000", "074810.125000", "074815.125000", "074820.125000", "074825.125000", "074830.125000", "074835.125000", "074840.125000", "074845.125000", "074850.125000", "074855.125000", "074900.125000", "074905.125000", "074910.125000", "074915.125000", "074920.125000", "074925.125000", "074930.125000", "074935.125000", "074940.125000", "074945.125000", "074950.125000", "074955.125000", "075000.125000", "075005.125000", "075010.125000", "075015.125000", "075020.125000", "075025.125000", "075030.125000", "075035.125000", "075040.125000", "075045.125000", "075050.125000", "075055.125000", "075100.125000", "075105.125000", "075110.125000", "075115.125000", "075120.125000", "075125.125000", "075130.125000", "075135.125000", "075140.125000", "075145.125000", "075146.062000"], "InstanceCreationTime": ["074631.562000", "074640.125000", "074645.125000", "074650.125000", "074655.125000", "074700.125000", "074705.125000", "074710.125000", "074715.125000", "074720.125000", "074725.125000", "074730.125000", "074735.125000", "074740.125000", "074745.125000", "074750.125000", "074755.125000", "074800.125000", "074805.125000", "074810.125000", "074815.125000", "074820.125000", "074825.125000", "074830.125000", "074835.125000", "074840.125000", "074845.125000", "074850.125000", "074855.125000", "074900.125000", "074905.125000", "074910.125000", "074915.125000", "074920.125000", "074925.125000", "074930.125000", "074935.125000", "074940.125000", "074945.125000", "074950.125000", "074955.125000", "075000.125000", "075005.125000", "075010.125000", "075015.125000", "075020.125000", "075025.125000", "075030.125000", "075035.125000", "075040.125000", "075045.125000", "075050.125000", "075055.125000", "075100.125000", "075105.125000", "075110.125000", "075115.125000", "075120.125000", "075125.125000", "075130.125000", "075135.125000", "075140.125000", "075145.125000", "075146.062000"], "InstanceNumber": [1, 2, 3, 4, 5, 6, 7, 8, 9, 10, 11, 12, 13, 14, 15, 16, 17, 18, 19, 20, 21, 22, 23, 24, 25, 26, 27, 28, 29, 30, 31, 32, 33, 34, 35, 36, 37, 38, 39, 40, 41, 42, 43, 44, 45, 46, 47, 48, 49, 50, 51, 52, 53, 54, 55, 56, 57, 58, 59, 60, 61, 62, 63, 64], "LargestImagePixelValue": [65535, 25063, 26276, 27564, 24220, 22614, 23480, 23978, 26017, 24248, 21505, 21100, 22387, 23714, 25883, 24668, 65535, 22216, 20753, 23338, 24244, 27576, 26024, 22292, 20951, 22093, 25239, 26780, 24109, 22262, 26003, 23195, 65535, 15175, 11632, 15397, 11169, 10376, 11597, 10861, 14659, 12880, 11034, 10081, 12664, 12561, 13279, 14066, 65535, 10208, 10734, 12204, 12024, 15002, 13698, 11717, 10749, 10153, 11517, 15708, 13921, 12556, 14111, 12680], "SequenceName": ["ep_b5#1", "ep_b995#2", "ep_b995#3", "ep_b995#4", "ep_b995#5", "ep_b1000#6", "ep_b1000#7", "ep_b995#8", "ep_b995#9", "ep_b995#10", "ep_b1000#11", "ep_b1000#12", "ep_b1005#13", "ep_b1005#14", "ep_b1000#15", "ep_b1005#16", "ep_b5#17", "ep_b1005#18", "ep_b1000#19", "ep_b1005#20", "ep_b1005#21", "ep_b995#22", "ep_b1005#23", "ep_b1000#24", "ep_b1000#25", "ep_b1000#26", "ep_b995#27", "ep_b995#28", "ep_b995#29", "ep_b1000#30", "ep_b1005#31", "ep_b1000#32", "ep_b5#1", "ep_b1990#2", "ep_b1990#3", "ep_b1990#4", "ep_b1995#5", "ep_b1995#6", "ep_b2000#7", "ep_b1995#8", "ep_b1990#9", "ep_b1995#10", "ep_b2000#11", "ep_b2000#12", "ep_b2010#13", "ep_b2005#14", "ep_b2000#15", "ep_b2005#16", "ep_b5#17", "ep_b2005#18", "ep_b2005#19", "ep_b2005#20", "ep_b2010#21", "ep_b1990#22", "ep_b2010#23", "ep_b2000#24", "ep_b2000#25", "ep_b1995#26", "ep_b1995#27", "ep_b1995#28", "ep_b1995#29", "ep_b2000#30", "ep_b2005#31", "ep_b2000#32"], "WindowCenter": [7689.0, 3409.0, 3435.0, 3464.0, 3421.0, 3413.0, 3443.0, 3444.0, 3447.0, 3461.0, 3455.0, 3449.0, 3439.0, 3466.0, 3475.0, 3459.0, 7736.0, 3451.0, 3443.0, 3477.0, 3465.0, 3481.0, 3451.0, 3446.0, 3428.0, 3413.0, 3427.0, 3475.0, 3433.0, 3449.0, 3493.0, 3479.0, 7698.0, 2272.0, 2232.0, 2316.0, 2228.0, 2213.0, 2276.0, 2236.0, 2290.0, 2297.0, 2277.0, 2230.0, 2287.0, 2304.0, 2322.0, 2318.0, 7714.0, 2280.0, 2294.0, 2286.0, 2287.0, 2322.0, 2288.0, 2268.0, 2241.0, 2212.0, 2224.0, 2327.0, 2278.0, 2283.0, 2347.0, 2332.0], "WindowWidth": [16909.0, 7826.0, 7868.0, 7928.0, 7838.0, 7806.0, 7888.0, 7893.0, 7912.0, 7935.0, 7906.0, 7886.0, 7872.0, 7935.0, 7957.0, 7923.0, 17024.0, 7897.0, 7865.0, 7937.0, 7918.0, 7960.0, 7898.0, 7873.0, 7833.0, 7803.0, 7834.0, 7937.0, 7854.0, 7881.0, 7967.0, 7946.0, 16920.0, 5511.0, 5437.0, 5603.0, 5422.0, 5392.0, 5525.0, 5454.0, 5558.0, 5585.0, 5529.0, 5443.0, 5541.0, 5582.0, 5626.0, 5610.0, 16961.0, 5540.0, 5573.0, 5542.0, 5538.0, 5627.0, 5544.0, 5496.0, 5450.0, 5388.0, 5410.0, 5618.0, 5511.0, 5527.0, 5668.0, 5641.0]}, "slices": {}}}