{"AcquisitionMatrixPE": 128, "AcquisitionNumber": 1, "AcquisitionTime": "07:37:43.275000", "BandwidthPerPixelPhaseEncode": 20.292, "BaseResolution": 128, "BodyPartExamined": "BRAIN", "ConsistencyInfo": "N4_VD11D_LATEST_20110129", "ConversionSoftware": "dcm2niix", "ConversionSoftwareVersion": "v1.0.20210317", "DerivedVendorReportedEchoSpacing": 0.000770008, "DeviceSerialNumber": "45239", "DiffusionScheme": "Monopolar", "DwellTime": 2.4e-06, "EchoTime": 0.092, "EchoTrainLength": 51, "EffectiveEchoSpacing": 0.000385004, "FlipAngle": 90, "ImageComments": "Unaliased MB3/PE3", "ImageOrientationPatientDICOM": [1, -2.05103e-10, 0, 2.05103e-10, 1, 0], "ImageType": ["ORIGINAL", "PRIMARY", "DIFFUSION", "NONE", "ND", "NORM", "MOSAIC"], "ImagingFrequency": 123.193, "InPlanePhaseEncodingDirectionDICOM": "ROW", "InstitutionAddress": "E 24th St. 100,Austin,Southmiddle,US,78712", "InstitutionName": "Univ of Texas at Austin", "InstitutionalDepartmentName": "IRC", "MRAcquisitionType": "2D", "MagneticFieldStrength": 3, "Manufacturer": "Siemens", "ManufacturersModelName": "Skyra", "Modality": "MR", "MultibandAccelerationFactor": 3, "ParallelReductionFactorInPlane": 2, "PartialFourier": 0.75, "PatientPosition": "HFS", "PercentPhaseFOV": 100, "PercentSampling": 100, "PhaseEncodingDirection": "i", "PhaseEncodingSteps": 102, "PhaseResolution": 1, "PixelBandwidth": 1630, "ProcedureStepDescription": "Poldrack2^self-scanning", "ProtocolName": "MBEPI with MDDW R-L", "PulseSequenceDetails": "%CustomerSeq%\\cmrr_mbep2d_diff", "ReceiveCoilActiveElements": "HEA;HEP", "ReceiveCoilName": "Head_32", "ReconMatrixPE": 128, "RefLinesPE": 76, "RepetitionTime": 5, "SAR": 0.13127, "ScanOptions": "PFP\\FS", "ScanningSequence": "EP", "SequenceName": "ep_b5#1", "SequenceVariant": "SK", "SeriesDescription": "MBEPI with MDDW R-L", "SeriesNumber": 13, "ShimSetting": [-2775, 8126, -15538, 71, -262, 198, 69, -104], "SliceThickness": 1.7, "SliceTiming": [0, 3.64, 2.3, 0.9575, 4.5975, 3.2575, 1.9175, 0.575, 4.215, 2.875, 1.5325, 0.1925, 3.8325, 2.49, 1.15, 4.79, 3.4475, 2.1075, 0.7675, 4.405, 3.065, 1.725, 0.385, 4.0225, 2.6825, 1.3425, 0, 3.64, 2.3, 0.9575, 4.5975, 3.2575, 1.9175, 0.575, 4.215, 2.875, 1.5325, 0.1925, 3.8325, 2.49, 1.15, 4.79, 3.4475, 2.1075, 0.7675, 4.405, 3.065, 1.725, 0.385, 4.0225, 2.6825, 1.3425, 0, 3.64, 2.3, 0.9575, 4.5975, 3.2575, 1.9175, 0.575, 4.215, 2.875, 1.5325, 0.1925, 3.8325, 2.49, 1.15, 4.79, 3.4475, 2.1075, 0.7675, 4.405, 3.065, 1.725, 0.385, 4.0225, 2.6825, 1.3425], "SoftwareVersions": "syngo MR D11", "SpacingBetweenSlices": 1.7, "StationName": "AWP45239", "TotalReadoutTime": 0.0488955, "TxRefAmp": 333.111, "WipMemBlock": "984db6ba-2bfa-4ddd-8f23-15a1c6b7c26c||Sequence: VD11D r195; Nov 21 2012 15:37:02 by eja", "dcmmeta_affine": [[-1.7421875, 3.573285833891049e-10, 0.0, 111.5], [3.573285833891049e-10, 1.7421875, 0.0, -118.83771514892578], [0.0, 0.0, 1.7000000476837158, -26.10375213623047], [0.0, 0.0, 0.0, 1.0]], "dcmmeta_reorient_transform": [[0.0, -1.0, 0.0, 127.0], [1.0, 0.0, 0.0, 0.0], [0.0, 0.0, 1.0, 0.0], [0.0, 0.0, 0.0, 1.0]], "dcmmeta_shape": [128, 128, 78, 64], "dcmmeta_slice_dim": 2, "dcmmeta_version": 0.6, "global": {"const": {"AcquisitionMatrix": [0, 128, 128, 0], "AngioFlag": "N", "BitsAllocated": 16, "BitsStored": 16, "BodyPartExamined": "BRAIN", "Columns": 1152, "EchoNumbers": 1, "EchoTime": 92.0, "EchoTrainLength": 51, "FlipAngle": 90.0, "HighBit": 15, "ImageOrientationPatient": [1.0, -2.051034e-10, 0.0, 2.051034e-10, 1.0, 0.0], "ImagePositionPatient": [-1003.5000002058, -994.42009619158, -26.10375213623], "ImageType": ["ORIGINAL", "PRIMARY", "DIFFUSION", "NONE", "ND", "NORM", "MOSAIC"], "ImagedNucleus": "1H", "ImagingFrequency": 123.193388, "InPlanePhaseEncodingDirection": "ROW", "MRAcquisitionType": "2D", "MagneticFieldStrength": 3.0, "Manufacturer": "SIEMENS", "ManufacturerModelName": "Skyra", "Modality": "MR", "NumberOfAverages": 1.0, "NumberOfPhaseEncodingSteps": 102, "PercentPhaseFieldOfView": 100.0, "PercentSampling": 100.0, "PerformedProcedureStepStartTime": "071103.734000", "PhotometricInterpretation": "MONOCHROME2", "PixelBandwidth": 1630.0, "PixelRepresentation": 0, "PixelSpacing": [1.7421875, 1.7421875], "ProtocolName": "MBEPI with MDDW R-L", "RepetitionTime": 5000.0, "Rows": 1152, "SAR": 0.13126960799736, "SamplesPerPixel": 1, "ScanOptions": ["PFP", "FS"], "ScanningSequence": "EP", "SequenceVariant": "SK", "SeriesDescription": "MBEPI with MDDW R-L", "SeriesNumber": 13, "SeriesTime": "073913.984000", "SliceLocation": -26.10375213623, "SliceThickness": 1.7000000476837, "SmallestImagePixelValue": 0, "SoftwareVersions": "syngo MR D11", "SpacingBetweenSlices": 1.7000000198166, "SpecificCharacterSet": "ISO_IR 100", "StudyID": "1", "StudyTime": "071103.687000", "TransmitCoilName": "Body", "VariableFlipAngleFlag": "N", "WindowCenterWidthExplanation": "Algo1", "dBdt": 0.0}, "slices": {}}, "time": {"samples": {"AcquisitionNumber": [1, 2, 3, 4, 5, 6, 7, 8, 9, 10, 11, 12, 13, 14, 15, 16, 17, 18, 19, 20, 21, 22, 23, 24, 25, 26, 27, 28, 29, 30, 31, 32, 33, 34, 35, 36, 37, 38, 39, 40, 41, 42, 43, 44, 45, 46, 47, 48, 49, 50, 51, 52, 53, 54, 55, 56, 57, 58, 59, 60, 61, 62, 63, 64], "AcquisitionTime": ["073743.275000", "073913.275000", "073918.275000", "073923.275000", "073928.275000", "073933.275000", "073938.275000", "073943.275000", "073948.275000", "073953.275000", "073958.275000", "074003.275000", "074008.275000", "074013.277500", "074018.277500", "074023.277500", "074028.277500", "074033.277500", "074038.277500", "074043.277500", "074048.277500", "074053.277500", "074058.277500", "074103.277500", "074108.277500", "074113.277500", "074118.277500", "074123.277500", "074128.277500", "074133.277500", "074138.277500", "074143.277500", "074148.277500", "074153.277500", "074158.277500", "074203.277500", "074208.277500", "074213.277500", "074218.277500", "074223.277500", "074228.277500", "074233.277500", "074238.277500", "074243.277500", "074248.277500", "074253.277500", "074258.277500", "074303.277500", "074308.277500", "074313.277500", "074318.277500", "074323.277500", "074328.277500", "074333.277500", "074338.277500", "074343.277500", "074348.277500", "074353.277500", "074358.277500", "074403.277500", "074408.277500", "074413.277500", "074418.277500", "074423.277500"], "ContentTime": ["073913.984000", "073922.265000", "073927.265000", "073932.265000", "073937.265000", "073942.265000", "073947.265000", "073952.265000", "073957.265000", "074002.265000", "074007.265000", "074012.265000", "074017.265000", "074022.265000", "074027.265000", "074032.265000", "074037.265000", "074042.265000", "074047.265000", "074052.265000", "074057.265000", "074102.265000", "074107.265000", "074112.265000", "074117.265000", "074122.265000", "074127.265000", "074132.265000", "074137.265000", "074142.265000", "074147.265000", "074152.265000", "074157.265000", "074202.265000", "074207.265000", "074212.265000", "074217.265000", "074222.265000", "074227.265000", "074232.265000", "074237.265000", "074242.265000", "074247.265000", "074252.265000", "074257.265000", "074302.265000", "074307.265000", "074312.265000", "074317.265000", "074322.265000", "074327.265000", "074332.265000", "074337.265000", "074342.265000", "074347.265000", "074352.265000", "074357.265000", "074402.265000", "074407.265000", "074412.265000", "074417.265000", "074422.265000", "074427.265000", "074428.828000"], "InstanceCreationTime": ["073913.984000", "073922.265000", "073927.265000", "073932.265000", "073937.265000", "073942.265000", "073947.265000", "073952.265000", "073957.265000", "074002.265000", "074007.265000", "074012.265000", "074017.265000", "074022.265000", "074027.265000", "074032.265000", "074037.265000", "074042.265000", "074047.265000", "074052.265000", "074057.265000", "074102.265000", "074107.265000", "074112.265000", "074117.265000", "074122.265000", "074127.265000", "074132.265000", "074137.265000", "074142.265000", "074147.265000", "074152.265000", "074157.265000", "074202.265000", "074207.265000", "074212.265000", "074217.265000", "074222.265000", "074227.265000", "074232.265000", "074237.265000", "074242.265000", "074247.265000", "074252.265000", "074257.265000", "074302.265000", "074307.265000", "074312.265000", "074317.265000", "074322.265000", "074327.265000", "074332.265000", "074337.265000", "074342.265000", "074347.265000", "074352.265000", "074357.265000", "074402.265000", "074407.265000", "074412.265000", "074417.265000", "074422.265000", "074427.265000", "074428.828000"], "InstanceNumber": [1, 2, 3, 4, 5, 6, 7, 8, 9, 10, 11, 12, 13, 14, 15, 16, 17, 18, 19, 20, 21, 22, 23, 24, 25, 26, 27, 28, 29, 30, 31, 32, 33, 34, 35, 36, 37, 38, 39, 40, 41, 42, 43, 44, 45, 46, 47, 48, 49, 50, 51, 52, 53, 54, 55, 56, 57, 58, 59, 60, 61, 62, 63, 64], "LargestImagePixelValue": [65535, 21163, 22281, 22425, 18083, 17192, 17761, 18722, 23112, 19176, 17597, 16033, 20771, 19206, 19500, 20584, 64589, 18221, 17002, 19527, 19757, 22961, 20827, 19786, 17591, 18811, 20374, 22928, 21306, 19617, 19788, 20209, 65535, 10502, 11408, 12895, 9894, 8295, 9241, 10072, 11822, 10234, 8303, 8759, 9892, 9541, 10157, 11098, 65535, 9767, 8754, 10777, 11036, 12595, 12335, 10374, 10080, 9303, 10123, 11919, 12091, 11568, 10549, 11585], "SequenceName": ["ep_b5#1", "ep_b995#2", "ep_b995#3", "ep_b995#4", "ep_b995#5", "ep_b1000#6", "ep_b1000#7", "ep_b995#8", "ep_b995#9", "ep_b995#10", "ep_b1000#11", "ep_b1000#12", "ep_b1005#13", "ep_b1005#14", "ep_b1000#15", "ep_b1005#16", "ep_b5#17", "ep_b1005#18", "ep_b1000#19", "ep_b1005#20", "ep_b1005#21", "ep_b995#22", "ep_b1005#23", "ep_b1000#24", "ep_b1000#25", "ep_b1000#26", "ep_b995#27", "ep_b995#28", "ep_b995#29", "ep_b1000#30", "ep_b1005#31", "ep_b1000#32", "ep_b5#1", "ep_b1990#2", "ep_b1990#3", "ep_b1990#4", "ep_b1995#5", "ep_b1995#6", "ep_b2000#7", "ep_b1995#8", "ep_b1990#9", "ep_b1995#10", "ep_b2000#11", "ep_b2000#12", "ep_b2010#13", "ep_b2005#14", "ep_b2000#15", "ep_b2005#16", "ep_b5#17", "ep_b2005#18", "ep_b2005#19", "ep_b2005#20", "ep_b2010#21", "ep_b1990#22", "ep_b2010#23", "ep_b2000#24", "ep_b2000#25", "ep_b1995#26", "ep_b1995#27", "ep_b1995#28", "ep_b1995#29", "ep_b2000#30", "ep_b2005#31", "ep_b2000#32"], "WindowCenter": [7725.0, 3394.0, 3407.0, 3427.0, 3376.0, 3373.0, 3390.0, 3389.0, 3423.0, 3408.0, 3405.0, 3406.0, 3420.0, 3435.0, 3436.0, 3450.0, 7711.0, 3412.0, 3409.0, 3415.0, 3416.0, 3441.0, 3402.0, 3411.0, 3409.0, 3391.0, 3381.0, 3459.0, 3430.0, 3415.0, 3432.0, 3450.0, 7721.0, 2214.0, 2215.0, 2276.0, 2195.0, 2172.0, 2229.0, 2227.0, 2259.0, 2259.0, 2206.0, 2202.0, 2245.0, 2247.0, 2291.0, 2288.0, 7760.0, 2264.0, 2224.0, 2247.0, 2261.0, 2289.0, 2256.0, 2231.0, 2230.0, 2186.0, 2188.0, 2294.0, 2246.0, 2248.0, 2280.0, 2296.0], "WindowWidth": [16962.0, 7772.0, 7797.0, 7844.0, 7732.0, 7725.0, 7763.0, 7756.0, 7828.0, 7799.0, 7791.0, 7795.0, 7820.0, 7847.0, 7856.0, 7882.0, 16920.0, 7812.0, 7805.0, 7821.0, 7825.0, 7872.0, 7803.0, 7809.0, 7804.0, 7762.0, 7749.0, 7913.0, 7852.0, 7825.0, 7862.0, 7899.0, 16954.0, 5388.0, 5394.0, 5521.0, 5349.0, 5317.0, 5428.0, 5416.0, 5479.0, 5485.0, 5394.0, 5383.0, 5452.0, 5468.0, 5562.0, 5550.0, 17029.0, 5501.0, 5440.0, 5464.0, 5487.0, 5545.0, 5473.0, 5432.0, 5431.0, 5339.0, 5344.0, 5563.0, 5465.0, 5470.0, 5541.0, 5574.0]}, "slices": {}}}