{"AcquisitionMatrixPE": 96, "AcquisitionNumber": 1, "AcquisitionTime": "17:14:44.682500", "BandwidthPerPixelPhaseEncode": 33.602, "BaseResolution": 96, "BodyPartExamined": "BRAIN", "ConsistencyInfo": "N4_VD11D_LATEST_20110129", "ConversionSoftware": "dcm2niix", "ConversionSoftwareVersion": "v1.0.20210317", "DerivedVendorReportedEchoSpacing": 0.000620003, "DeviceSerialNumber": "45239", "DwellTime": 2.6e-06, "EchoTime": 0.03, "EchoTrainLength": 48, "EffectiveEchoSpacing": 0.000310001, "FlipAngle": 63, "ImageComments": "Unaliased MB4/PE3", "ImageOrientationPatientDICOM": [0.999833, -0.0163113, 0.00827518, 0.0182903, 0.891648, -0.452359], "ImageType": ["ORIGINAL", "PRIMARY", "M", "ND", "NORM", "MOSAIC"], "ImagingFrequency": 123.193, "InPlanePhaseEncodingDirectionDICOM": "COL", "InstitutionAddress": "E 24th St. 100,Austin,Southmiddle,US,78712", "InstitutionName": "Univ of Texas at Austin", "InstitutionalDepartmentName": "IRC", "MRAcquisitionType": "2D", "MagneticFieldStrength": 3, "Manufacturer": "Siemens", "ManufacturersModelName": "Skyra", "Modality": "MR", "MultibandAccelerationFactor": 4, "ParallelReductionFactorInPlane": 2, "PartialFourier": 1, "PatientPosition": "HFS", "PercentPhaseFOV": 100, "PercentSampling": 100, "PhaseEncodingDirection": "j-", "PhaseEncodingSteps": 96, "PhaseResolution": 1, "PixelBandwidth": 2005, "ProcedureStepDescription": "Poldrack2^self-scanning", "ProtocolName": "Resting State fMRI MBEPI_matrix96_BW2004", "PulseSequenceDetails": "%CustomerSeq%\\cmrr_mbep2d_bold", "ReceiveCoilActiveElements": "HEA;HEP", "ReceiveCoilName": "Head_32", "ReconMatrixPE": 96, "RefLinesPE": 94, "RepetitionTime": 1.16, "SAR": 0.0937319, "ScanOptions": "FS", "ScanningSequence": "EP", "SequenceName": "epfid2d1_96", "SequenceVariant": "SK", "SeriesDescription": "Resting State fMRI MBEPI_matrix96_BW2004", "SeriesNumber": 7, "ShimSetting": [-2773, 8027, -15431, 167, -218, 92, 332, -99], "SliceThickness": 2, "SliceTiming": [0, 0.5, 0.9975, 0.3575, 0.855, 0.215, 0.7125, 0.0725, 0.57, 1.07, 0.4275, 0.9275, 0.285, 0.785, 0.1425, 0.6425, 0, 0.5, 0.9975, 0.3575, 0.855, 0.215, 0.7125, 0.0725, 0.57, 1.07, 0.4275, 0.9275, 0.285, 0.785, 0.1425, 0.6425, 0, 0.5, 0.9975, 0.3575, 0.855, 0.215, 0.7125, 0.0725, 0.57, 1.07, 0.4275, 0.9275, 0.285, 0.785, 0.1425, 0.6425, 0, 0.5, 0.9975, 0.3575, 0.855, 0.215, 0.7125, 0.0725, 0.57, 1.07, 0.4275, 0.9275, 0.285, 0.785, 0.1425, 0.6425], "SoftwareVersions": "syngo MR D11", "SpacingBetweenSlices": 2.4, "StationName": "AWP45239", "TaskName": "Resting fmri", "TotalReadoutTime": 0.0294501, "TxRefAmp": 334.612, "WipMemBlock": "dae153bc-5d3e-4257-ae73-06d27f42b35a||Sequence: VD11D r195; Nov 21 2012 15:36:10 by eja", "dcmmeta_affine": [[-2.395432472229004, 0.0438205748796463, 6.039860611650738e-09, 116.12460327148438], [0.039079077541828156, 2.1362407207489014, -1.0858433246612549, -83.94745635986328], [0.019825953990221024, 1.083776831626892, 2.1403141021728516, -84.29331970214844], [0.0, 0.0, 0.0, 1.0]], "dcmmeta_reorient_transform": [[0.0, -1.0, 0.0, 95.0], [1.0, 0.0, 0.0, 0.0], [0.0, 0.0, 1.0, 0.0], [0.0, 0.0, 0.0, 1.0]], "dcmmeta_shape": [96, 96, 64, 518], "dcmmeta_slice_dim": 2, "dcmmeta_version": 0.6, "global": {"const": {"AcquisitionMatrix": [96, 0, 0, 96], "AngioFlag": "N", "BitsAllocated": 16, "BitsStored": 16, "BodyPartExamined": "BRAIN", "Columns": 768, "EchoNumbers": 1, "EchoTime": 30.0, "EchoTrainLength": 48, "FlipAngle": 63.0, "HighBit": 15, "ImageOrientationPatient": [0.99983271798229, -0.0163112670455, 0.00827518093589, 0.01829032673715, 0.8916483470644, -0.4523590267975], "ImagePositionPatient": [-939.8765821272, -823.64174049919, 376.15296127971], "ImageType": ["ORIGINAL", "PRIMARY", "M", "ND", "NORM", "MOSAIC"], "ImagedNucleus": "1H", "ImagingFrequency": 123.193437, "InPlanePhaseEncodingDirection": "COL", "MRAcquisitionType": "2D", "MagneticFieldStrength": 3.0, "Manufacturer": "SIEMENS", "ManufacturerModelName": "Skyra", "Modality": "MR", "NumberOfAverages": 1.0, "NumberOfPhaseEncodingSteps": 96, "PercentPhaseFieldOfView": 100.0, "PercentSampling": 100.0, "PerformedProcedureStepStartTime": "170745.906000", "PhotometricInterpretation": "MONOCHROME2", "PixelBandwidth": 2005.0, "PixelRepresentation": 0, "PixelSpacing": [2.3958332538605, 2.3958332538605], "ProtocolName": "Resting State fMRI MBEPI_matrix96_BW2004", "RepetitionTime": 1160.0, "Rows": 768, "SAR": 0.09373187040025, "SamplesPerPixel": 1, "ScanOptions": "FS", "ScanningSequence": "EP", "SequenceName": "epfid2d1_96", "SequenceVariant": "SK", "SeriesDescription": "Resting State fMRI MBEPI_matrix96_BW2004", "SeriesNumber": 7, "SeriesTime": "171528.687000", "SliceLocation": -37.191829194537, "SliceThickness": 2.0, "SmallestImagePixelValue": 0, "SoftwareVersions": "syngo MR D11", "SpacingBetweenSlices": 2.3999999920145, "SpecificCharacterSet": "ISO_IR 100", "StudyID": "1", "StudyTime": "170745.859000", "TransmitCoilName": "Body", "VariableFlipAngleFlag": "N", "WindowCenterWidthExplanation": "Algo1", "dBdt": 0.0}, "slices": {}}, "time": {"samples": {"AcquisitionNumber": [1, 2, 3, 4, 5, 6, 7, 8, 9, 10, 11, 12, 13, 14, 15, 16, 17, 18, 19, 20, 21, 22, 23, 24, 25, 26, 27, 28, 29, 30, 31, 32, 33, 34, 35, 36, 37, 38, 39, 40, 41, 42, 43, 44, 45, 46, 47, 48, 49, 50, 51, 52, 53, 54, 55, 56, 57, 58, 59, 60, 61, 62, 63, 64, 65, 66, 67, 68, 69, 70, 71, 72, 73, 74, 75, 76, 77, 78, 79, 80, 81, 82, 83, 84, 85, 86, 87, 88, 89, 90, 91, 92, 93, 94, 95, 96, 97, 98, 99, 100, 101, 102, 103, 104, 105, 106, 107, 108, 109, 110, 111, 112, 113, 114, 115, 116, 117, 118, 119, 120, 121, 122, 123, 124, 125, 126, 127, 128, 129, 130, 131, 132, 133, 134, 135, 136, 137, 138, 139, 140, 141, 142, 143, 144, 145, 146, 147, 148, 149, 150, 151, 152, 153, 154, 155, 156, 157, 158, 159, 160, 161, 162, 163, 164, 165, 166, 167, 168, 169, 170, 171, 172, 173, 174, 175, 176, 177, 178, 179, 180, 181, 182, 183, 184, 185, 186, 187, 188, 189, 190, 191, 192, 193, 194, 195, 196, 197, 198, 199, 200, 201, 202, 203, 204, 205, 206, 207, 208, 209, 210, 211, 212, 213, 214, 215, 216, 217, 218, 219, 220, 221, 222, 223, 224, 225, 226, 227, 228, 229, 230, 231, 232, 233, 234, 235, 236, 237, 238, 239, 240, 241, 242, 243, 244, 245, 246, 247, 248, 249, 250, 251, 252, 253, 254, 255, 256, 257, 258, 259, 260, 261, 262, 263, 264, 265, 266, 267, 268, 269, 270, 271, 272, 273, 274, 275, 276, 277, 278, 279, 280, 281, 282, 283, 284, 285, 286, 287, 288, 289, 290, 291, 292, 293, 294, 295, 296, 297, 298, 299, 300, 301, 302, 303, 304, 305, 306, 307, 308, 309, 310, 311, 312, 313, 314, 315, 316, 317, 318, 319, 320, 321, 322, 323, 324, 325, 326, 327, 328, 329, 330, 331, 332, 333, 334, 335, 336, 337, 338, 339, 340, 341, 342, 343, 344, 345, 346, 347, 348, 349, 350, 351, 352, 353, 354, 355, 356, 357, 358, 359, 360, 361, 362, 363, 364, 365, 366, 367, 368, 369, 370, 371, 372, 373, 374, 375, 376, 377, 378, 379, 380, 381, 382, 383, 384, 385, 386, 387, 388, 389, 390, 391, 392, 393, 394, 395, 396, 397, 398, 399, 400, 401, 402, 403, 404, 405, 406, 407, 408, 409, 410, 411, 412, 413, 414, 415, 416, 417, 418, 419, 420, 421, 422, 423, 424, 425, 426, 427, 428, 429, 430, 431, 432, 433, 434, 435, 436, 437, 438, 439, 440, 441, 442, 443, 444, 445, 446, 447, 448, 449, 450, 451, 452, 453, 454, 455, 456, 457, 458, 459, 460, 461, 462, 463, 464, 465, 466, 467, 468, 469, 470, 471, 472, 473, 474, 475, 476, 477, 478, 479, 480, 481, 482, 483, 484, 485, 486, 487, 488, 489, 490, 491, 492, 493, 494, 495, 496, 497, 498, 499, 500, 501, 502, 503, 504, 505, 506, 507, 508, 509, 510, 511, 512, 513, 514, 515, 516, 517, 518], "AcquisitionTime": ["171444.682500", "171513.682500", "171514.842500", "171516.002500", "171517.162500", "171518.322500", "171519.482500", "171520.642500", "171521.802500", "171522.962500", "171524.122500", "171525.282500", "171526.442500", "171527.602500", "171528.762500", "171529.922500", "171531.082500", "171532.242500", "171533.402500", "171534.562500", "171535.722500", "171536.882500", "171538.042500", "171539.202500", "171540.362500", "171541.522500", "171542.682500", "171543.842500", "171545.002500", "171546.162500", "171547.322500", "171548.482500", "171549.642500", "171550.802500", "171551.962500", "171553.122500", "171554.282500", "171555.442500", "171556.602500", "171557.762500", "171558.922500", "171600.082500", "171601.242500", "171602.402500", "171603.562500", "171604.722500", "171605.882500", "171607.042500", "171608.202500", "171609.362500", "171610.522500", "171611.682500", "171612.842500", "171614.002500", "171615.162500", "171616.322500", "171617.482500", "171618.642500", "171619.802500", "171620.962500", "171622.125000", "171623.285000", "171624.445000", "171625.605000", "171626.765000", "171627.925000", "171629.085000", "171630.245000", "171631.405000", "171632.565000", "171633.725000", "171634.885000", "171636.045000", "171637.205000", "171638.365000", "171639.525000", "171640.685000", "171641.845000", "171643.005000", "171644.165000", "171645.325000", "171646.485000", "171647.645000", "171648.805000", "171649.965000", "171651.125000", "171652.285000", "171653.445000", "171654.605000", "171655.765000", "171656.925000", "171658.085000", "171659.245000", "171700.405000", "171701.565000", "171702.725000", "171703.885000", "171705.045000", "171706.205000", "171707.365000", "171708.525000", "171709.685000", "171710.845000", "171712.005000", "171713.165000", "171714.325000", "171715.485000", "171716.645000", "171717.805000", "171718.965000", "171720.125000", "171721.285000", "171722.445000", "171723.605000", "171724.765000", "171725.925000", "171727.085000", "171728.245000", "171729.405000", "171730.565000", "171731.725000", "171732.885000", "171734.045000", "171735.205000", "171736.365000", "171737.525000", "171738.685000", "171739.845000", "171741.005000", "171742.165000", "171743.325000", "171744.485000", "171745.645000", "171746.805000", "171747.965000", "171749.125000", "171750.285000", "171751.445000", "171752.605000", "171753.765000", "171754.925000", "171756.085000", "171757.245000", "171758.405000", "171759.565000", "171800.725000", "171801.885000", "171803.045000", "171804.205000", "171805.365000", "171806.525000", "171807.685000", "171808.845000", "171810.005000", "171811.165000", "171812.325000", "171813.485000", "171814.645000", "171815.805000", "171816.965000", "171818.125000", "171819.285000", "171820.445000", "171821.605000", "171822.765000", "171823.925000", "171825.085000", "171826.245000", "171827.405000", "171828.565000", "171829.725000", "171830.885000", "171832.045000", "171833.205000", "171834.365000", "171835.525000", "171836.685000", "171837.845000", "171839.005000", "171840.165000", "171841.325000", "171842.485000", "171843.645000", "171844.805000", "171845.965000", "171847.125000", "171848.285000", "171849.445000", "171850.605000", "171851.765000", "171852.925000", "171854.085000", "171855.245000", "171856.405000", "171857.565000", "171858.725000", "171859.885000", "171901.045000", "171902.205000", "171903.365000", "171904.525000", "171905.685000", "171906.845000", "171908.005000", "171909.165000", "171910.325000", "171911.485000", "171912.645000", "171913.805000", "171914.965000", "171916.125000", "171917.285000", "171918.445000", "171919.605000", "171920.765000", "171921.925000", "171923.085000", "171924.245000", "171925.405000", "171926.565000", "171927.725000", "171928.885000", "171930.045000", "171931.205000", "171932.365000", "171933.525000", "171934.685000", "171935.845000", "171937.005000", "171938.165000", "171939.325000", "171940.485000", "171941.645000", "171942.805000", "171943.965000", "171945.125000", "171946.285000", "171947.445000", "171948.605000", "171949.765000", "171950.925000", "171952.085000", "171953.245000", "171954.405000", "171955.565000", "171956.725000", "171957.885000", "171959.045000", "172000.205000", "172001.365000", "172002.525000", "172003.685000", "172004.845000", "172006.005000", "172007.165000", "172008.325000", "172009.485000", "172010.645000", "172011.805000", "172012.965000", "172014.125000", "172015.285000", "172016.445000", "172017.605000", "172018.765000", "172019.925000", "172021.085000", "172022.245000", "172023.405000", "172024.565000", "172025.725000", "172026.885000", "172028.045000", "172029.205000", "172030.365000", "172031.525000", "172032.685000", "172033.845000", "172035.005000", "172036.165000", "172037.325000", "172038.485000", "172039.645000", "172040.805000", "172041.965000", "172043.125000", "172044.285000", "172045.445000", "172046.605000", "172047.765000", "172048.925000", "172050.085000", "172051.245000", "172052.405000", "172053.565000", "172054.725000", "172055.885000", "172057.045000", "172058.205000", "172059.365000", "172100.525000", "172101.685000", "172102.845000", "172104.005000", "172105.165000", "172106.325000", "172107.485000", "172108.645000", "172109.805000", "172110.965000", "172112.125000", "172113.287500", "172114.447500", "172115.607500", "172116.767500", "172117.927500", "172119.087500", "172120.247500", "172121.407500", "172122.567500", "172123.727500", "172124.887500", "172126.047500", "172127.207500", "172128.367500", "172129.527500", "172130.687500", "172131.847500", "172133.007500", "172134.167500", "172135.327500", "172136.487500", "172137.647500", "172138.807500", "172139.967500", "172141.127500", "172142.287500", "172143.447500", "172144.607500", "172145.767500", "172146.927500", "172148.087500", "172149.247500", "172150.407500", "172151.567500", "172152.727500", "172153.887500", "172155.047500", "172156.207500", "172157.367500", "172158.527500", "172159.687500", "172200.847500", "172202.007500", "172203.167500", "172204.327500", "172205.487500", "172206.647500", "172207.807500", "172208.967500", "172210.127500", "172211.287500", "172212.447500", "172213.607500", "172214.767500", "172215.927500", "172217.087500", "172218.247500", "172219.407500", "172220.567500", "172221.727500", "172222.887500", "172224.047500", "172225.207500", "172226.367500", "172227.527500", "172228.687500", "172229.847500", "172231.007500", "172232.167500", "172233.327500", "172234.487500", "172235.647500", "172236.807500", "172237.967500", "172239.127500", "172240.287500", "172241.447500", "172242.607500", "172243.767500", "172244.927500", "172246.087500", "172247.247500", "172248.407500", "172249.567500", "172250.727500", "172251.887500", "172253.047500", "172254.207500", "172255.367500", "172256.527500", "172257.687500", "172258.847500", "172300.007500", "172301.167500", "172302.327500", "172303.487500", "172304.647500", "172305.807500", "172306.967500", "172308.127500", "172309.287500", "172310.447500", "172311.607500", "172312.767500", "172313.927500", "172315.087500", "172316.247500", "172317.407500", "172318.567500", "172319.727500", "172320.887500", "172322.047500", "172323.207500", "172324.367500", "172325.527500", "172326.687500", "172327.847500", "172329.007500", "172330.167500", "172331.327500", "172332.487500", "172333.647500", "172334.807500", "172335.967500", "172337.127500", "172338.287500", "172339.447500", "172340.607500", "172341.767500", "172342.927500", "172344.087500", "172345.247500", "172346.407500", "172347.567500", "172348.727500", "172349.887500", "172351.047500", "172352.207500", "172353.367500", "172354.527500", "172355.687500", "172356.847500", "172358.007500", "172359.167500", "172400.327500", "172401.487500", "172402.647500", "172403.807500", "172404.967500", "172406.127500", "172407.287500", "172408.447500", "172409.607500", "172410.767500", "172411.927500", "172413.087500", "172414.247500", "172415.407500", "172416.567500", "172417.727500", "172418.887500", "172420.047500", "172421.207500", "172422.367500", "172423.527500", "172424.687500", "172425.847500", "172427.007500", "172428.167500", "172429.327500", "172430.487500", "172431.647500", "172432.807500", "172433.967500", "172435.127500", "172436.287500", "172437.447500", "172438.607500", "172439.767500", "172440.927500", "172442.087500", "172443.247500", "172444.407500", "172445.567500", "172446.727500", "172447.887500", "172449.047500", "172450.207500", "172451.367500", "172452.527500", "172453.687500", "172454.847500", "172456.007500", "172457.167500", "172458.327500", "172459.487500", "172500.647500", "172501.807500", "172502.967500", "172504.127500", "172505.287500", "172506.447500", "172507.607500", "172508.767500", "172509.927500", "172511.087500", "172512.247500"], "ContentTime": ["171528.703000", "171536.406000", "171536.421000", "171536.421000", "171536.421000", "171536.437000", "171536.437000", "171541.406000", "171541.421000", "171541.421000", "171541.421000", "171541.437000", "171546.406000", "171546.421000", "171546.421000", "171546.421000", "171551.406000", "171551.421000", "171551.421000", "171551.421000", "171556.406000", "171556.421000", "171556.421000", "171556.421000", "171601.406000", "171601.421000", "171601.421000", "171601.421000", "171606.406000", "171606.421000", "171606.421000", "171606.421000", "171611.406000", "171611.421000", "171611.421000", "171616.406000", "171616.421000", "171616.421000", "171616.421000", "171621.406000", "171621.421000", "171621.421000", "171621.421000", "171621.421000", "171626.406000", "171626.421000", "171626.421000", "171631.406000", "171631.421000", "171631.421000", "171631.421000", "171636.406000", "171636.421000", "171636.421000", "171636.421000", "171636.437000", "171641.406000", "171641.421000", "171641.421000", "171646.406000", "171646.421000", "171646.421000", "171646.421000", "171646.437000", "171651.406000", "171651.421000", "171651.421000", "171651.421000", "171656.406000", "171656.421000", "171656.421000", "171656.421000", "171701.406000", "171701.421000", "171701.421000", "171701.421000", "171706.406000", "171706.421000", "171706.421000", "171706.421000", "171711.406000", "171711.421000", "171711.421000", "171716.406000", "171716.421000", "171716.421000", "171716.421000", "171716.421000", "171721.406000", "171721.421000", "171721.421000", "171721.421000", "171726.406000", "171726.421000", "171726.421000", "171731.406000", "171731.421000", "171731.421000", "171731.421000", "171736.406000", "171736.421000", "171736.421000", "171736.421000", "171741.406000", "171741.421000", "171741.421000", "171741.421000", "171746.406000", "171746.421000", "171746.421000", "171746.421000", "171751.406000", "171751.421000", "171751.421000", "171751.421000", "171756.406000", "171756.421000", "171756.421000", "171756.421000", "171801.406000", "171801.421000", "171801.421000", "171801.421000", "171806.406000", "171806.421000", "171806.421000", "171806.421000", "171811.406000", "171811.421000", "171811.421000", "171811.421000", "171816.406000", "171816.421000", "171816.421000", "171821.406000", "171821.421000", "171821.421000", "171821.421000", "171826.406000", "171826.421000", "171826.421000", "171826.421000", "171831.406000", "171831.421000", "171831.421000", "171831.421000", "171836.406000", "171836.421000", "171836.421000", "171836.421000", "171841.406000", "171841.421000", "171841.421000", "171841.421000", "171846.406000", "171846.421000", "171846.421000", "171846.421000", "171851.406000", "171851.421000", "171851.421000", "171851.421000", "171856.406000", "171856.421000", "171856.421000", "171856.421000", "171901.406000", "171901.421000", "171901.421000", "171901.421000", "171906.406000", "171906.421000", "171906.421000", "171906.421000", "171911.406000", "171911.421000", "171911.421000", "171911.421000", "171916.406000", "171916.421000", "171916.421000", "171916.421000", "171921.406000", "171921.421000", "171921.421000", "171921.421000", "171926.406000", "171926.421000", "171926.421000", "171926.421000", "171931.406000", "171931.421000", "171931.421000", "171931.421000", "171936.406000", "171936.421000", "171936.437000", "171936.437000", "171941.406000", "171941.421000", "171941.421000", "171941.421000", "171946.406000", "171946.421000", "171946.421000", "171946.421000", "171951.406000", "171951.421000", "171951.421000", "171951.421000", "171956.406000", "171956.421000", "171956.421000", "171956.421000", "172001.406000", "172001.421000", "172001.421000", "172001.421000", "172006.406000", "172006.421000", "172006.421000", "172006.421000", "172011.406000", "172011.421000", "172011.421000", "172011.421000", "172016.406000", "172016.421000", "172016.421000", "172016.421000", "172021.406000", "172021.421000", "172021.421000", "172021.421000", "172026.406000", "172026.421000", "172026.421000", "172026.421000", "172031.406000", "172031.421000", "172031.421000", "172031.421000", "172036.406000", "172036.421000", "172036.421000", "172036.421000", "172036.421000", "172041.406000", "172041.421000", "172041.421000", "172041.421000", "172046.406000", "172046.421000", "172046.421000", "172046.421000", "172051.406000", "172051.421000", "172051.421000", "172051.421000", "172056.406000", "172056.421000", "172056.421000", "172101.406000", "172101.421000", "172101.421000", "172101.421000", "172106.406000", "172106.421000", "172106.421000", "172106.421000", "172111.406000", "172111.421000", "172111.421000", "172111.437000", "172116.406000", "172116.421000", "172116.421000", "172116.421000", "172121.406000", "172121.421000", "172121.421000", "172121.421000", "172126.406000", "172126.421000", "172126.421000", "172126.421000", "172131.406000", "172131.421000", "172131.421000", "172136.406000", "172136.421000", "172136.421000", "172136.421000", "172136.421000", "172141.406000", "172141.421000", "172141.421000", "172141.421000", "172146.406000", "172146.421000", "172146.421000", "172151.406000", "172151.421000", "172151.421000", "172151.421000", "172151.421000", "172156.406000", "172156.421000", "172156.421000", "172156.421000", "172201.406000", "172201.421000", "172201.421000", "172201.421000", "172206.406000", "172206.421000", "172206.421000", "172206.421000", "172211.406000", "172211.421000", "172211.421000", "172211.421000", "172216.406000", "172216.421000", "172216.421000", "172216.421000", "172221.406000", "172221.421000", "172221.421000", "172221.421000", "172226.421000", "172226.421000", "172226.437000", "172231.406000", "172231.421000", "172231.421000", "172231.421000", "172236.406000", "172236.421000", "172236.421000", "172236.421000", "172241.406000", "172241.421000", "172241.421000", "172241.421000", "172241.437000", "172246.406000", "172246.421000", "172246.421000", "172246.437000", "172251.406000", "172251.421000", "172251.421000", "172251.421000", "172256.421000", "172256.421000", "172256.421000", "172256.421000", "172301.406000", "172301.421000", "172301.421000", "172306.406000", "172306.421000", "172306.421000", "172306.421000", "172306.421000", "172311.406000", "172311.421000", "172311.421000", "172316.406000", "172316.421000", "172316.421000", "172316.421000", "172321.406000", "172321.421000", "172321.421000", "172321.421000", "172321.421000", "172326.421000", "172326.421000", "172326.421000", "172326.421000", "172331.406000", "172331.421000", "172331.421000", "172331.421000", "172336.406000", "172336.421000", "172336.421000", "172336.421000", "172341.406000", "172341.421000", "172341.421000", "172341.421000", "172346.421000", "172346.421000", "172346.437000", "172346.437000", "172351.406000", "172351.421000", "172351.421000", "172351.421000", "172356.406000", "172356.421000", "172356.421000", "172356.421000", "172401.406000", "172401.421000", "172401.421000", "172401.421000", "172406.406000", "172406.421000", "172406.421000", "172406.421000", "172411.406000", "172411.421000", "172411.421000", "172416.406000", "172416.421000", "172416.421000", "172416.421000", "172421.406000", "172421.421000", "172421.421000", "172421.421000", "172426.406000", "172426.421000", "172426.421000", "172426.421000", "172431.406000", "172431.421000", "172431.421000", "172431.421000", "172441.406000", "172441.421000", "172441.421000", "172441.421000", "172441.437000", "172441.437000", "172441.437000", "172441.437000", "172446.406000", "172446.421000", "172446.421000", "172446.421000", "172451.406000", "172451.421000", "172451.421000", "172451.421000", "172456.406000", "172456.421000", "172456.421000", "172456.421000", "172501.406000", "172501.421000", "172501.421000", "172506.406000", "172506.421000", "172506.421000", "172506.421000", "172511.406000", "172511.421000", "172511.421000", "172511.421000", "172516.406000", "172516.421000", "172516.421000", "172516.421000", "172516.421000", "172521.406000", "172521.421000", "172521.421000", "172521.437000", "172521.437000", "172526.406000", "172526.421000", "172526.421000", "172526.421000", "172531.406000", "172531.421000", "172531.421000", "172531.421000", "172536.406000", "172536.421000", "172536.421000", "172536.437000", "172541.406000", "172541.421000", "172541.421000", "172541.421000", "172546.406000", "172546.421000", "172546.421000", "172546.421000", "172546.421000", "172551.406000", "172551.421000", "172551.421000", "172551.421000", "172556.406000", "172556.421000", "172556.421000", "172556.421000", "172601.406000", "172601.421000", "172601.421000", "172601.421000", "172601.421000", "172606.406000", "172606.421000", "172606.421000", "172606.421000", "172611.406000", "172611.421000", "172611.421000", "172611.421000", "172612.421000", "172612.437000"], "InstanceCreationTime": ["171528.703000", "171536.406000", "171536.421000", "171536.421000", "171536.421000", "171536.437000", "171536.437000", "171541.406000", "171541.421000", "171541.421000", "171541.421000", "171541.437000", "171546.406000", "171546.421000", "171546.421000", "171546.421000", "171551.406000", "171551.421000", "171551.421000", "171551.421000", "171556.406000", "171556.421000", "171556.421000", "171556.421000", "171601.406000", "171601.421000", "171601.421000", "171601.421000", "171606.406000", "171606.421000", "171606.421000", "171606.421000", "171611.406000", "171611.421000", "171611.421000", "171616.406000", "171616.421000", "171616.421000", "171616.421000", "171621.406000", "171621.421000", "171621.421000", "171621.421000", "171621.421000", "171626.406000", "171626.421000", "171626.421000", "171631.406000", "171631.421000", "171631.421000", "171631.421000", "171636.406000", "171636.421000", "171636.421000", "171636.421000", "171636.437000", "171641.406000", "171641.421000", "171641.421000", "171646.406000", "171646.421000", "171646.421000", "171646.421000", "171646.437000", "171651.406000", "171651.421000", "171651.421000", "171651.421000", "171656.406000", "171656.421000", "171656.421000", "171656.421000", "171701.406000", "171701.421000", "171701.421000", "171701.421000", "171706.406000", "171706.421000", "171706.421000", "171706.421000", "171711.406000", "171711.421000", "171711.421000", "171716.406000", "171716.421000", "171716.421000", "171716.421000", "171716.421000", "171721.406000", "171721.421000", "171721.421000", "171721.421000", "171726.406000", "171726.421000", "171726.421000", "171731.406000", "171731.421000", "171731.421000", "171731.421000", "171736.406000", "171736.421000", "171736.421000", "171736.421000", "171741.406000", "171741.421000", "171741.421000", "171741.421000", "171746.406000", "171746.421000", "171746.421000", "171746.421000", "171751.406000", "171751.421000", "171751.421000", "171751.421000", "171756.406000", "171756.421000", "171756.421000", "171756.421000", "171801.406000", "171801.421000", "171801.421000", "171801.421000", "171806.406000", "171806.421000", "171806.421000", "171806.421000", "171811.406000", "171811.421000", "171811.421000", "171811.421000", "171816.406000", "171816.421000", "171816.421000", "171821.406000", "171821.421000", "171821.421000", "171821.421000", "171826.406000", "171826.421000", "171826.421000", "171826.421000", "171831.406000", "171831.421000", "171831.421000", "171831.421000", "171836.406000", "171836.421000", "171836.421000", "171836.421000", "171841.406000", "171841.421000", "171841.421000", "171841.421000", "171846.406000", "171846.421000", "171846.421000", "171846.421000", "171851.406000", "171851.421000", "171851.421000", "171851.421000", "171856.406000", "171856.421000", "171856.421000", "171856.421000", "171901.406000", "171901.421000", "171901.421000", "171901.421000", "171906.406000", "171906.421000", "171906.421000", "171906.421000", "171911.406000", "171911.421000", "171911.421000", "171911.421000", "171916.406000", "171916.421000", "171916.421000", "171916.421000", "171921.406000", "171921.421000", "171921.421000", "171921.421000", "171926.406000", "171926.421000", "171926.421000", "171926.421000", "171931.406000", "171931.421000", "171931.421000", "171931.421000", "171936.406000", "171936.421000", "171936.437000", "171936.437000", "171941.406000", "171941.421000", "171941.421000", "171941.421000", "171946.406000", "171946.421000", "171946.421000", "171946.421000", "171951.406000", "171951.421000", "171951.421000", "171951.421000", "171956.406000", "171956.421000", "171956.421000", "171956.421000", "172001.406000", "172001.421000", "172001.421000", "172001.421000", "172006.406000", "172006.421000", "172006.421000", "172006.421000", "172011.406000", "172011.421000", "172011.421000", "172011.421000", "172016.406000", "172016.421000", "172016.421000", "172016.421000", "172021.406000", "172021.421000", "172021.421000", "172021.421000", "172026.406000", "172026.421000", "172026.421000", "172026.421000", "172031.406000", "172031.421000", "172031.421000", "172031.421000", "172036.406000", "172036.421000", "172036.421000", "172036.421000", "172036.421000", "172041.406000", "172041.421000", "172041.421000", "172041.421000", "172046.406000", "172046.421000", "172046.421000", "172046.421000", "172051.406000", "172051.421000", "172051.421000", "172051.421000", "172056.406000", "172056.421000", "172056.421000", "172101.406000", "172101.421000", "172101.421000", "172101.421000", "172106.406000", "172106.421000", "172106.421000", "172106.421000", "172111.406000", "172111.421000", "172111.421000", "172111.437000", "172116.406000", "172116.421000", "172116.421000", "172116.421000", "172121.406000", "172121.421000", "172121.421000", "172121.421000", "172126.406000", "172126.421000", "172126.421000", "172126.421000", "172131.406000", "172131.421000", "172131.421000", "172136.406000", "172136.421000", "172136.421000", "172136.421000", "172136.421000", "172141.406000", "172141.421000", "172141.421000", "172141.421000", "172146.406000", "172146.421000", "172146.421000", "172151.406000", "172151.421000", "172151.421000", "172151.421000", "172151.421000", "172156.406000", "172156.421000", "172156.421000", "172156.421000", "172201.406000", "172201.421000", "172201.421000", "172201.421000", "172206.406000", "172206.421000", "172206.421000", "172206.421000", "172211.406000", "172211.421000", "172211.421000", "172211.421000", "172216.406000", "172216.421000", "172216.421000", "172216.421000", "172221.406000", "172221.421000", "172221.421000", "172221.421000", "172226.421000", "172226.421000", "172226.437000", "172231.406000", "172231.421000", "172231.421000", "172231.421000", "172236.406000", "172236.421000", "172236.421000", "172236.421000", "172241.406000", "172241.421000", "172241.421000", "172241.421000", "172241.437000", "172246.406000", "172246.421000", "172246.421000", "172246.437000", "172251.406000", "172251.421000", "172251.421000", "172251.421000", "172256.421000", "172256.421000", "172256.421000", "172256.421000", "172301.406000", "172301.421000", "172301.421000", "172306.406000", "172306.421000", "172306.421000", "172306.421000", "172306.421000", "172311.406000", "172311.421000", "172311.421000", "172316.406000", "172316.421000", "172316.421000", "172316.421000", "172321.406000", "172321.421000", "172321.421000", "172321.421000", "172321.421000", "172326.421000", "172326.421000", "172326.421000", "172326.421000", "172331.406000", "172331.421000", "172331.421000", "172331.421000", "172336.406000", "172336.421000", "172336.421000", "172336.421000", "172341.406000", "172341.421000", "172341.421000", "172341.421000", "172346.421000", "172346.421000", "172346.437000", "172346.437000", "172351.406000", "172351.421000", "172351.421000", "172351.421000", "172356.406000", "172356.421000", "172356.421000", "172356.421000", "172401.406000", "172401.421000", "172401.421000", "172401.421000", "172406.406000", "172406.421000", "172406.421000", "172406.421000", "172411.406000", "172411.421000", "172411.421000", "172416.406000", "172416.421000", "172416.421000", "172416.421000", "172421.406000", "172421.421000", "172421.421000", "172421.421000", "172426.406000", "172426.421000", "172426.421000", "172426.421000", "172431.406000", "172431.421000", "172431.421000", "172431.421000", "172441.406000", "172441.421000", "172441.421000", "172441.421000", "172441.437000", "172441.437000", "172441.437000", "172441.437000", "172446.406000", "172446.421000", "172446.421000", "172446.421000", "172451.406000", "172451.421000", "172451.421000", "172451.421000", "172456.406000", "172456.421000", "172456.421000", "172456.421000", "172501.406000", "172501.421000", "172501.421000", "172506.406000", "172506.421000", "172506.421000", "172506.421000", "172511.406000", "172511.421000", "172511.421000", "172511.421000", "172516.406000", "172516.421000", "172516.421000", "172516.421000", "172516.421000", "172521.406000", "172521.421000", "172521.421000", "172521.437000", "172521.437000", "172526.406000", "172526.421000", "172526.421000", "172526.421000", "172531.406000", "172531.421000", "172531.421000", "172531.421000", "172536.406000", "172536.421000", "172536.421000", "172536.437000", "172541.406000", "172541.421000", "172541.421000", "172541.421000", "172546.406000", "172546.421000", "172546.421000", "172546.421000", "172546.421000", "172551.406000", "172551.421000", "172551.421000", "172551.421000", "172556.406000", "172556.421000", "172556.421000", "172556.421000", "172601.406000", "172601.421000", "172601.421000", "172601.421000", "172601.421000", "172606.406000", "172606.421000", "172606.421000", "172606.421000", "172611.406000", "172611.421000", "172611.421000", "172611.421000", "172612.421000", "172612.437000"], "InstanceNumber": [1, 2, 3, 4, 5, 6, 7, 8, 9, 10, 11, 12, 13, 14, 15, 16, 17, 18, 19, 20, 21, 22, 23, 24, 25, 26, 27, 28, 29, 30, 31, 32, 33, 34, 35, 36, 37, 38, 39, 40, 41, 42, 43, 44, 45, 46, 47, 48, 49, 50, 51, 52, 53, 54, 55, 56, 57, 58, 59, 60, 61, 62, 63, 64, 65, 66, 67, 68, 69, 70, 71, 72, 73, 74, 75, 76, 77, 78, 79, 80, 81, 82, 83, 84, 85, 86, 87, 88, 89, 90, 91, 92, 93, 94, 95, 96, 97, 98, 99, 100, 101, 102, 103, 104, 105, 106, 107, 108, 109, 110, 111, 112, 113, 114, 115, 116, 117, 118, 119, 120, 121, 122, 123, 124, 125, 126, 127, 128, 129, 130, 131, 132, 133, 134, 135, 136, 137, 138, 139, 140, 141, 142, 143, 144, 145, 146, 147, 148, 149, 150, 151, 152, 153, 154, 155, 156, 157, 158, 159, 160, 161, 162, 163, 164, 165, 166, 167, 168, 169, 170, 171, 172, 173, 174, 175, 176, 177, 178, 179, 180, 181, 182, 183, 184, 185, 186, 187, 188, 189, 190, 191, 192, 193, 194, 195, 196, 197, 198, 199, 200, 201, 202, 203, 204, 205, 206, 207, 208, 209, 210, 211, 212, 213, 214, 215, 216, 217, 218, 219, 220, 221, 222, 223, 224, 225, 226, 227, 228, 229, 230, 231, 232, 233, 234, 235, 236, 237, 238, 239, 240, 241, 242, 243, 244, 245, 246, 247, 248, 249, 250, 251, 252, 253, 254, 255, 256, 257, 258, 259, 260, 261, 262, 263, 264, 265, 266, 267, 268, 269, 270, 271, 272, 273, 274, 275, 276, 277, 278, 279, 280, 281, 282, 283, 284, 285, 286, 287, 288, 289, 290, 291, 292, 293, 294, 295, 296, 297, 298, 299, 300, 301, 302, 303, 304, 305, 306, 307, 308, 309, 310, 311, 312, 313, 314, 315, 316, 317, 318, 319, 320, 321, 322, 323, 324, 325, 326, 327, 328, 329, 330, 331, 332, 333, 334, 335, 336, 337, 338, 339, 340, 341, 342, 343, 344, 345, 346, 347, 348, 349, 350, 351, 352, 353, 354, 355, 356, 357, 358, 359, 360, 361, 362, 363, 364, 365, 366, 367, 368, 369, 370, 371, 372, 373, 374, 375, 376, 377, 378, 379, 380, 381, 382, 383, 384, 385, 386, 387, 388, 389, 390, 391, 392, 393, 394, 395, 396, 397, 398, 399, 400, 401, 402, 403, 404, 405, 406, 407, 408, 409, 410, 411, 412, 413, 414, 415, 416, 417, 418, 419, 420, 421, 422, 423, 424, 425, 426, 427, 428, 429, 430, 431, 432, 433, 434, 435, 436, 437, 438, 439, 440, 441, 442, 443, 444, 445, 446, 447, 448, 449, 450, 451, 452, 453, 454, 455, 456, 457, 458, 459, 460, 461, 462, 463, 464, 465, 466, 467, 468, 469, 470, 471, 472, 473, 474, 475, 476, 477, 478, 479, 480, 481, 482, 483, 484, 485, 486, 487, 488, 489, 490, 491, 492, 493, 494, 495, 496, 497, 498, 499, 500, 501, 502, 503, 504, 505, 506, 507, 508, 509, 510, 511, 512, 513, 514, 515, 516, 517, 518], "LargestImagePixelValue": [25183, 24856, 25239, 24562, 24341, 24536, 24150, 24565, 24233, 25072, 24504, 27417, 24466, 28793, 24486, 24438, 24468, 28871, 24622, 29643, 24556, 26594, 24629, 27311, 24657, 27596, 24453, 26527, 25283, 24465, 24542, 24449, 24505, 24514, 24563, 26000, 24735, 29264, 25090, 24856, 24761, 28929, 24652, 28607, 24620, 24359, 29981, 24455, 27102, 24522, 25906, 24748, 25573, 24458, 25321, 24525, 24650, 30216, 25600, 25037, 24382, 24832, 27688, 24531, 26696, 24641, 24409, 24445, 24567, 29672, 25110, 24663, 29773, 25136, 24764, 25630, 24798, 24874, 24569, 29925, 25494, 24460, 27732, 24716, 28758, 24767, 26829, 25001, 24497, 29816, 24540, 27945, 24563, 28688, 24678, 24686, 26351, 24706, 24548, 29568, 24927, 29662, 24566, 24599, 28865, 24614, 24851, 30751, 24833, 24703, 28437, 24719, 25022, 24596, 24979, 24862, 29274, 24752, 24592, 26895, 24864, 24640, 24569, 24831, 24748, 24640, 24617, 28022, 24563, 29261, 25766, 24839, 31494, 25037, 24708, 24780, 24413, 24519, 24708, 26940, 28573, 25574, 24747, 27011, 24754, 26821, 24760, 24712, 25772, 24857, 24589, 24512, 25967, 24765, 30188, 24625, 24621, 24555, 24763, 24641, 32091, 27932, 24702, 24611, 30882, 26065, 24729, 29418, 24770, 29100, 24583, 29637, 24757, 24718, 30594, 24598, 24550, 26779, 24947, 28237, 25123, 25133, 30785, 25078, 25006, 24671, 24856, 29657, 25362, 30627, 25382, 25257, 29829, 25469, 25400, 25153, 27518, 25507, 25912, 30245, 25360, 29592, 25662, 29341, 25003, 29312, 25488, 29993, 25701, 25393, 25494, 25293, 25077, 29847, 25837, 25667, 31045, 25375, 26139, 24657, 30309, 25488, 27334, 27990, 25076, 30458, 25176, 25849, 25455, 28575, 25262, 25625, 30307, 25250, 25487, 31035, 25598, 25769, 31836, 25505, 25420, 25508, 25746, 25928, 25708, 31745, 25739, 25860, 25511, 25548, 25550, 25815, 31649, 25824, 27148, 25690, 28211, 25830, 29421, 25468, 29334, 25811, 29511, 25733, 27505, 25766, 28117, 25503, 30906, 25900, 26003, 25958, 26009, 25837, 25643, 25845, 25954, 29260, 25885, 29238, 25891, 26466, 25945, 28532, 25867, 25892, 26519, 25716, 30519, 25606, 28507, 25886, 28674, 25902, 25943, 27784, 25726, 25930, 25836, 30340, 25702, 25979, 25772, 25865, 25830, 25846, 30363, 25889, 25756, 28909, 25766, 26630, 26043, 30192, 26058, 29900, 27684, 31613, 26386, 28198, 25557, 25310, 28156, 25523, 28653, 25837, 28179, 25552, 25473, 31465, 25596, 25914, 26169, 25782, 28494, 25719, 25625, 25745, 25673, 31416, 25861, 25753, 28268, 25952, 25874, 25877, 31999, 25791, 25640, 32136, 25794, 28920, 25780, 25741, 31535, 25838, 25871, 31297, 25639, 27882, 25662, 26081, 30841, 25950, 25986, 25943, 26058, 25738, 25981, 30640, 25759, 25933, 28358, 25970, 29158, 25668, 30583, 25700, 25608, 25734, 25513, 25773, 25610, 25694, 30607, 25666, 26913, 25769, 30794, 25707, 30258, 25644, 25426, 25740, 29095, 25423, 30000, 25680, 29375, 25373, 25729, 25337, 30510, 25601, 25945, 25702, 28168, 25304, 28369, 25690, 25674, 25605, 25583, 25675, 25468, 27536, 25646, 27415, 25537, 25610, 25784, 25595, 25596, 25751, 25425, 25500, 25711, 29951, 25729, 26674, 25665, 25650, 32015, 25666, 25660, 31384, 25634, 25677, 25612, 25960, 33070, 25379, 25539, 30436, 25637, 25504, 25686, 25381, 25531, 25677, 26828, 25621, 25769, 25621, 25573, 25734, 25594, 31850, 25589, 29556, 25627, 27988, 25619, 30119, 25686, 25497, 25731, 25630, 25671, 25600, 32282, 25638, 25615, 27224, 25823, 29252, 25551, 29926, 25375, 25368, 31525, 25544, 27393, 25193, 28864, 25494, 25288, 25486, 25436, 31383, 25486, 25663, 25562, 25690, 26601, 25630, 25650, 25802, 32362, 25818, 25680, 25974, 28992, 25897, 26827, 25939, 25910, 30711, 25809, 26341, 25746, 29636, 25698, 25734, 29862, 25745, 25790, 25626], "WindowCenter": [10050.0, 10063.0, 10056.0, 10055.0, 10044.0, 10041.0, 10052.0, 10056.0, 10034.0, 10048.0, 10061.0, 10055.0, 10045.0, 10076.0, 10066.0, 10061.0, 10039.0, 10070.0, 10047.0, 10066.0, 10055.0, 10060.0, 10078.0, 10067.0, 10054.0, 10066.0, 10042.0, 10057.0, 10045.0, 10051.0, 10026.0, 10030.0, 10055.0, 10046.0, 10069.0, 10053.0, 10042.0, 10065.0, 10018.0, 10022.0, 10048.0, 10050.0, 10053.0, 10048.0, 10032.0, 10019.0, 10048.0, 10018.0, 10043.0, 10014.0, 10048.0, 10037.0, 10012.0, 10006.0, 10027.0, 10035.0, 10026.0, 10050.0, 10025.0, 10021.0, 10036.0, 10031.0, 10059.0, 10009.0, 10031.0, 10022.0, 10012.0, 10014.0, 10037.0, 10050.0, 10036.0, 10006.0, 10044.0, 10039.0, 10039.0, 10040.0, 10031.0, 10026.0, 10041.0, 10049.0, 10040.0, 10012.0, 10048.0, 10024.0, 10051.0, 10039.0, 10032.0, 10024.0, 10026.0, 10050.0, 10031.0, 10048.0, 10051.0, 10060.0, 10013.0, 10023.0, 10049.0, 10036.0, 10021.0, 10052.0, 10033.0, 10075.0, 10031.0, 10042.0, 10034.0, 10017.0, 10021.0, 10057.0, 9997.0, 10004.0, 10024.0, 10014.0, 10017.0, 10025.0, 10024.0, 10015.0, 10017.0, 10007.0, 10003.0, 10016.0, 10011.0, 10013.0, 9998.0, 9987.0, 9992.0, 10012.0, 10008.0, 10022.0, 10006.0, 10023.0, 10021.0, 10000.0, 10009.0, 9999.0, 10011.0, 9990.0, 9991.0, 9998.0, 10014.0, 10055.0, 10022.0, 10024.0, 10021.0, 10017.0, 10012.0, 10016.0, 10009.0, 10012.0, 10008.0, 10019.0, 10015.0, 10010.0, 10016.0, 9993.0, 10024.0, 10010.0, 9997.0, 10027.0, 10038.0, 10048.0, 10055.0, 10033.0, 10012.0, 10009.0, 10021.0, 10012.0, 9987.0, 9999.0, 10013.0, 10010.0, 10003.0, 10025.0, 10007.0, 10004.0, 10011.0, 9988.0, 9988.0, 10016.0, 9982.0, 10013.0, 9994.0, 9989.0, 10012.0, 9986.0, 9972.0, 9986.0, 9995.0, 10001.0, 10002.0, 10007.0, 10003.0, 10004.0, 10021.0, 10009.0, 10011.0, 10002.0, 10017.0, 9999.0, 10013.0, 10022.0, 10006.0, 10024.0, 10018.0, 10020.0, 9989.0, 10007.0, 10022.0, 10014.0, 9997.0, 10008.0, 10014.0, 10011.0, 10016.0, 10037.0, 10015.0, 9990.0, 10015.0, 9994.0, 10000.0, 10003.0, 10034.0, 9999.0, 10018.0, 10005.0, 10001.0, 10010.0, 10002.0, 10027.0, 10058.0, 10057.0, 10041.0, 10034.0, 10052.0, 10001.0, 10000.0, 10019.0, 10024.0, 9997.0, 10016.0, 9983.0, 9986.0, 9990.0, 9991.0, 9992.0, 9991.0, 10013.0, 9962.0, 9975.0, 9982.0, 9969.0, 9974.0, 9991.0, 9998.0, 9965.0, 9984.0, 10001.0, 10014.0, 10012.0, 10004.0, 9976.0, 9999.0, 9988.0, 10016.0, 9997.0, 9995.0, 10011.0, 10009.0, 9995.0, 10012.0, 10014.0, 9992.0, 9966.0, 9997.0, 10016.0, 10005.0, 10015.0, 10013.0, 10021.0, 9996.0, 10009.0, 10011.0, 10017.0, 10014.0, 10021.0, 9999.0, 10004.0, 9993.0, 9987.0, 10039.0, 10015.0, 10022.0, 9995.0, 10036.0, 10018.0, 9990.0, 10005.0, 9968.0, 9990.0, 9992.0, 10018.0, 9985.0, 9989.0, 9997.0, 9992.0, 9983.0, 9992.0, 10018.0, 9985.0, 9993.0, 9986.0, 9985.0, 9975.0, 9981.0, 10102.0, 10054.0, 10124.0, 10069.0, 10044.0, 10003.0, 9988.0, 9953.0, 9986.0, 9980.0, 9972.0, 9999.0, 9989.0, 9989.0, 9976.0, 9998.0, 9972.0, 9970.0, 9975.0, 9982.0, 9980.0, 10006.0, 9984.0, 9979.0, 9985.0, 10001.0, 10021.0, 9987.0, 10004.0, 10007.0, 10006.0, 10009.0, 9999.0, 10036.0, 10007.0, 9984.0, 10014.0, 9996.0, 10002.0, 9999.0, 9992.0, 9992.0, 9988.0, 9980.0, 9994.0, 9967.0, 9975.0, 9980.0, 9987.0, 10011.0, 9979.0, 9958.0, 9971.0, 9970.0, 9968.0, 9979.0, 9995.0, 9970.0, 9968.0, 9968.0, 9973.0, 9985.0, 9974.0, 9983.0, 9965.0, 9959.0, 9969.0, 9971.0, 9976.0, 9989.0, 9960.0, 10005.0, 9999.0, 10010.0, 9994.0, 10005.0, 9981.0, 10011.0, 9995.0, 9990.0, 10005.0, 10009.0, 9990.0, 10003.0, 9978.0, 10003.0, 9976.0, 9974.0, 9961.0, 10015.0, 9977.0, 9962.0, 9981.0, 10000.0, 9979.0, 9991.0, 9991.0, 9972.0, 9995.0, 9978.0, 9991.0, 9987.0, 9997.0, 9982.0, 9988.0, 9964.0, 9970.0, 9977.0, 9966.0, 9971.0, 9968.0, 9985.0, 9993.0, 9981.0, 9991.0, 9977.0, 9992.0, 9976.0, 9983.0, 10011.0, 9975.0, 9978.0, 10009.0, 9969.0, 9974.0, 9985.0, 9975.0, 9976.0, 9959.0, 9953.0, 9966.0, 9967.0, 9961.0, 9988.0, 9990.0, 9980.0, 9984.0, 9984.0, 9970.0, 9974.0, 9977.0, 9974.0, 9970.0, 9990.0, 9988.0, 9964.0, 9987.0, 9962.0, 9978.0, 9990.0, 9993.0, 9964.0, 9959.0, 9983.0, 9993.0, 9987.0, 9990.0, 10008.0, 9975.0, 9981.0, 9987.0, 9984.0, 9987.0, 9981.0, 9997.0, 9980.0, 9971.0, 9986.0, 9971.0, 9973.0, 9976.0, 9967.0, 9978.0, 9985.0, 9959.0, 9974.0, 9994.0, 9948.0, 9962.0, 9939.0, 9957.0, 9960.0, 9968.0, 9974.0, 9954.0, 9989.0, 9971.0, 9957.0, 9962.0, 9998.0, 9974.0, 9987.0, 9989.0, 9972.0, 9972.0, 9969.0, 9971.0, 9949.0, 9979.0, 9956.0, 9955.0, 9959.0, 9965.0, 9976.0, 9973.0], "WindowWidth": [21322.0, 21340.0, 21319.0, 21320.0, 21295.0, 21290.0, 21307.0, 21317.0, 21279.0, 21303.0, 21327.0, 21317.0, 21298.0, 21354.0, 21334.0, 21328.0, 21293.0, 21349.0, 21306.0, 21341.0, 21318.0, 21330.0, 21361.0, 21336.0, 21311.0, 21329.0, 21288.0, 21317.0, 21297.0, 21299.0, 21256.0, 21266.0, 21314.0, 21299.0, 21345.0, 21315.0, 21288.0, 21324.0, 21238.0, 21248.0, 21297.0, 21302.0, 21307.0, 21298.0, 21265.0, 21237.0, 21294.0, 21235.0, 21280.0, 21234.0, 21295.0, 21278.0, 21232.0, 21219.0, 21258.0, 21274.0, 21252.0, 21294.0, 21247.0, 21239.0, 21274.0, 21265.0, 21312.0, 21218.0, 21256.0, 21242.0, 21222.0, 21229.0, 21275.0, 21301.0, 21272.0, 21215.0, 21287.0, 21283.0, 21282.0, 21281.0, 21262.0, 21259.0, 21283.0, 21297.0, 21278.0, 21225.0, 21291.0, 21250.0, 21299.0, 21278.0, 21267.0, 21252.0, 21251.0, 21297.0, 21267.0, 21298.0, 21304.0, 21322.0, 21234.0, 21249.0, 21293.0, 21276.0, 21247.0, 21303.0, 21270.0, 21347.0, 21263.0, 21282.0, 21266.0, 21234.0, 21237.0, 21306.0, 21192.0, 21203.0, 21241.0, 21229.0, 21235.0, 21251.0, 21245.0, 21222.0, 21224.0, 21205.0, 21200.0, 21227.0, 21218.0, 21218.0, 21193.0, 21173.0, 21180.0, 21217.0, 21216.0, 21242.0, 21208.0, 21241.0, 21236.0, 21194.0, 21213.0, 21193.0, 21215.0, 21180.0, 21178.0, 21197.0, 21232.0, 21304.0, 21244.0, 21245.0, 21244.0, 21232.0, 21221.0, 21228.0, 21218.0, 21220.0, 21213.0, 21242.0, 21233.0, 21221.0, 21229.0, 21186.0, 21241.0, 21216.0, 21196.0, 21256.0, 21284.0, 21301.0, 21312.0, 21262.0, 21222.0, 21209.0, 21234.0, 21217.0, 21170.0, 21196.0, 21220.0, 21216.0, 21202.0, 21242.0, 21207.0, 21197.0, 21210.0, 21167.0, 21168.0, 21217.0, 21158.0, 21216.0, 21180.0, 21167.0, 21211.0, 21162.0, 21136.0, 21163.0, 21178.0, 21196.0, 21198.0, 21205.0, 21197.0, 21198.0, 21235.0, 21217.0, 21217.0, 21202.0, 21225.0, 21196.0, 21221.0, 21236.0, 21205.0, 21240.0, 21230.0, 21232.0, 21172.0, 21207.0, 21234.0, 21223.0, 21189.0, 21210.0, 21223.0, 21220.0, 21229.0, 21268.0, 21226.0, 21177.0, 21222.0, 21186.0, 21199.0, 21204.0, 21262.0, 21197.0, 21227.0, 21200.0, 21192.0, 21213.0, 21202.0, 21257.0, 21323.0, 21323.0, 21289.0, 21270.0, 21298.0, 21198.0, 21189.0, 21226.0, 21234.0, 21182.0, 21215.0, 21156.0, 21161.0, 21164.0, 21164.0, 21173.0, 21171.0, 21208.0, 21114.0, 21136.0, 21150.0, 21121.0, 21128.0, 21159.0, 21174.0, 21114.0, 21150.0, 21191.0, 21218.0, 21212.0, 21196.0, 21137.0, 21178.0, 21164.0, 21215.0, 21183.0, 21180.0, 21216.0, 21213.0, 21180.0, 21209.0, 21213.0, 21173.0, 21125.0, 21182.0, 21220.0, 21200.0, 21219.0, 21216.0, 21228.0, 21181.0, 21204.0, 21212.0, 21225.0, 21216.0, 21226.0, 21190.0, 21193.0, 21174.0, 21162.0, 21261.0, 21221.0, 21233.0, 21184.0, 21259.0, 21223.0, 21172.0, 21201.0, 21131.0, 21168.0, 21175.0, 21222.0, 21160.0, 21164.0, 21178.0, 21166.0, 21153.0, 21173.0, 21220.0, 21158.0, 21169.0, 21159.0, 21158.0, 21141.0, 21155.0, 21450.0, 21322.0, 21472.0, 21339.0, 21276.0, 21190.0, 21149.0, 21088.0, 21156.0, 21147.0, 21129.0, 21177.0, 21166.0, 21158.0, 21137.0, 21179.0, 21134.0, 21127.0, 21137.0, 21152.0, 21151.0, 21198.0, 21159.0, 21143.0, 21158.0, 21189.0, 21228.0, 21165.0, 21195.0, 21207.0, 21208.0, 21212.0, 21194.0, 21262.0, 21201.0, 21156.0, 21211.0, 21186.0, 21194.0, 21184.0, 21168.0, 21169.0, 21157.0, 21140.0, 21169.0, 21122.0, 21136.0, 21148.0, 21160.0, 21203.0, 21142.0, 21105.0, 21134.0, 21128.0, 21123.0, 21142.0, 21172.0, 21122.0, 21113.0, 21118.0, 21130.0, 21153.0, 21131.0, 21144.0, 21113.0, 21106.0, 21126.0, 21128.0, 21141.0, 21165.0, 21117.0, 21193.0, 21181.0, 21207.0, 21175.0, 21194.0, 21152.0, 21205.0, 21173.0, 21165.0, 21192.0, 21202.0, 21165.0, 21188.0, 21146.0, 21188.0, 21133.0, 21133.0, 21107.0, 21203.0, 21133.0, 21106.0, 21152.0, 21182.0, 21147.0, 21170.0, 21168.0, 21128.0, 21173.0, 21144.0, 21167.0, 21163.0, 21179.0, 21145.0, 21153.0, 21114.0, 21122.0, 21136.0, 21119.0, 21129.0, 21124.0, 21152.0, 21170.0, 21150.0, 21169.0, 21145.0, 21171.0, 21138.0, 21154.0, 21206.0, 21134.0, 21137.0, 21197.0, 21128.0, 21135.0, 21153.0, 21133.0, 21133.0, 21096.0, 21084.0, 21110.0, 21113.0, 21107.0, 21160.0, 21165.0, 21147.0, 21151.0, 21148.0, 21125.0, 21135.0, 21139.0, 21133.0, 21126.0, 21158.0, 21156.0, 21110.0, 21154.0, 21110.0, 21136.0, 21158.0, 21160.0, 21104.0, 21097.0, 21154.0, 21173.0, 21164.0, 21167.0, 21199.0, 21134.0, 21143.0, 21156.0, 21157.0, 21159.0, 21144.0, 21177.0, 21144.0, 21121.0, 21153.0, 21121.0, 21128.0, 21138.0, 21123.0, 21140.0, 21153.0, 21107.0, 21128.0, 21165.0, 21079.0, 21098.0, 21059.0, 21094.0, 21101.0, 21117.0, 21134.0, 21097.0, 21156.0, 21120.0, 21095.0, 21109.0, 21173.0, 21131.0, 21154.0, 21154.0, 21120.0, 21121.0, 21116.0, 21120.0, 21079.0, 21130.0, 21092.0, 21087.0, 21098.0, 21109.0, 21131.0, 21134.0]}, "slices": {}}}