{"AcquisitionMatrixPE": 96, "AcquisitionNumber": 1, "AcquisitionTime": "07:28:31.162500", "BandwidthPerPixelPhaseEncode": 33.602, "BaseResolution": 96, "BodyPartExamined": "BRAIN", "ConsistencyInfo": "N4_VD11D_LATEST_20110129", "ConversionSoftware": "dcm2niix", "ConversionSoftwareVersion": "v1.0.20210317", "DerivedVendorReportedEchoSpacing": 0.000620003, "DeviceSerialNumber": "45239", "DwellTime": 2.6e-06, "EchoTime": 0.03, "EchoTrainLength": 48, "EffectiveEchoSpacing": 0.000310001, "FlipAngle": 63, "ImageComments": "Unaliased MB4/PE3", "ImageOrientationPatientDICOM": [0.998248, 0.0100775, 0.0583129, 0.0240298, 0.831468, -0.555053], "ImageType": ["ORIGINAL", "PRIMARY", "M", "ND", "NORM", "MOSAIC"], "ImagingFrequency": 123.193, "InPlanePhaseEncodingDirectionDICOM": "COL", "InstitutionAddress": "E 24th St. 100,Austin,Southmiddle,US,78712", "InstitutionName": "Univ of Texas at Austin", "InstitutionalDepartmentName": "IRC", "MRAcquisitionType": "2D", "MagneticFieldStrength": 3, "Manufacturer": "Siemens", "ManufacturersModelName": "Skyra", "Modality": "MR", "MultibandAccelerationFactor": 4, "ParallelReductionFactorInPlane": 2, "PartialFourier": 1, "PatientPosition": "HFS", "PercentPhaseFOV": 100, "PercentSampling": 100, "PhaseEncodingDirection": "j-", "PhaseEncodingSteps": 96, "PhaseResolution": 1, "PixelBandwidth": 2005, "ProcedureStepDescription": "Poldrack2^self-scanning", "ProtocolName": "Resting State fMRI MBEPI_matrix96_BW2004", "PulseSequenceDetails": "%CustomerSeq%\\cmrr_mbep2d_bold", "ReceiveCoilActiveElements": "HEA;HEP", "ReceiveCoilName": "Head_32", "ReconMatrixPE": 96, "RefLinesPE": 94, "RepetitionTime": 1.16, "SAR": 0.10049, "ScanOptions": "FS", "ScanningSequence": "EP", "SequenceName": "epfid2d1_96", "SequenceVariant": "SK", "SeriesDescription": "Resting State fMRI MBEPI_matrix96_BW2004", "SeriesNumber": 9, "ShimSetting": [-2773, 8072, -15438, 153, -198, 100, 256, -143], "SliceThickness": 2, "SliceTiming": [0, 0.5, 0.9975, 0.3575, 0.855, 0.215, 0.7125, 0.0725, 0.57, 1.07, 0.4275, 0.9275, 0.285, 0.785, 0.1425, 0.6425, 0, 0.5, 0.9975, 0.3575, 0.855, 0.215, 0.7125, 0.0725, 0.57, 1.07, 0.4275, 0.9275, 0.285, 0.785, 0.1425, 0.6425, 0, 0.5, 0.9975, 0.3575, 0.855, 0.215, 0.7125, 0.0725, 0.57, 1.07, 0.4275, 0.9275, 0.285, 0.785, 0.1425, 0.6425, 0, 0.5, 0.9975, 0.3575, 0.855, 0.215, 0.7125, 0.0725, 0.57, 1.07, 0.4275, 0.9275, 0.285, 0.785, 0.1425, 0.6425], "SoftwareVersions": "syngo MR D11", "SpacingBetweenSlices": 2.4, "StationName": "AWP45239", "TaskName": "Resting fmri", "TotalReadoutTime": 0.0294501, "TxRefAmp": 348.031, "WipMemBlock": "98322c82-cd4b-4fd6-a5e4-bed3a38e685c||Sequence: VD11D r195; Nov 21 2012 15:36:10 by eja", "dcmmeta_affine": [[-2.391634464263916, 0.05757135897874832, 0.12978918850421906, 110.85002899169922], [-0.02414391003549099, 1.9920581579208374, -1.3331557512283325, -68.27809143066406], [0.1397079974412918, 1.3298145532608032, 1.9914443492889404, -100.05462646484375], [0.0, 0.0, 0.0, 1.0]], "dcmmeta_reorient_transform": [[0.0, -1.0, 0.0, 95.0], [1.0, 0.0, 0.0, 0.0], [0.0, 0.0, 1.0, 0.0], [0.0, 0.0, 0.0, 1.0]], "dcmmeta_shape": [96, 96, 64, 518], "dcmmeta_slice_dim": 2, "dcmmeta_version": 0.6, "global": {"const": {"AcquisitionMatrix": [96, 0, 0, 96], "AngioFlag": "N", "BitsAllocated": 16, "BitsStored": 16, "BodyPartExamined": "BRAIN", "Columns": 768, "EchoNumbers": 1, "EchoTime": 30.0, "EchoTrainLength": 48, "FlipAngle": 63.0, "HighBit": 15, "ImageOrientationPatient": [0.99824748938245, 0.01007745881163, 0.05831290393672, 0.02402978470036, 0.83146779291933, -0.555053041416], "ImagePositionPatient": [-939.25248936643, -798.41134513785, 426.15355261798], "ImageType": ["ORIGINAL", "PRIMARY", "M", "ND", "NORM", "MOSAIC"], "ImagedNucleus": "1H", "ImagingFrequency": 123.19334, "InPlanePhaseEncodingDirection": "COL", "MRAcquisitionType": "2D", "MagneticFieldStrength": 3.0, "Manufacturer": "SIEMENS", "ManufacturerModelName": "Skyra", "Modality": "MR", "NumberOfAverages": 1.0, "NumberOfPhaseEncodingSteps": 96, "PercentPhaseFieldOfView": 100.0, "PercentSampling": 100.0, "PerformedProcedureStepStartTime": "071256.062000", "PhotometricInterpretation": "MONOCHROME2", "PixelBandwidth": 2005.0, "PixelRepresentation": 0, "PixelSpacing": [2.3958332538605, 2.3958332538605], "ProtocolName": "Resting State fMRI MBEPI_matrix96_BW2004", "RepetitionTime": 1160.0, "Rows": 768, "SAR": 0.10049029970045, "SamplesPerPixel": 1, "ScanOptions": "FS", "ScanningSequence": "EP", "SequenceName": "epfid2d1_96", "SequenceVariant": "SK", "SeriesDescription": "Resting State fMRI MBEPI_matrix96_BW2004", "SeriesNumber": 9, "SeriesTime": "072914.125000", "SliceLocation": -39.100316561251, "SliceThickness": 2.0, "SmallestImagePixelValue": 0, "SoftwareVersions": "syngo MR D11", "SpacingBetweenSlices": 2.4000000015555, "SpecificCharacterSet": "ISO_IR 100", "StudyID": "1", "StudyTime": "071256.031000", "TransmitCoilName": "Body", "VariableFlipAngleFlag": "N", "WindowCenterWidthExplanation": "Algo1", "dBdt": 0.0}, "slices": {}}, "time": {"samples": {"AcquisitionNumber": [1, 2, 3, 4, 5, 6, 7, 8, 9, 10, 11, 12, 13, 14, 15, 16, 17, 18, 19, 20, 21, 22, 23, 24, 25, 26, 27, 28, 29, 30, 31, 32, 33, 34, 35, 36, 37, 38, 39, 40, 41, 42, 43, 44, 45, 46, 47, 48, 49, 50, 51, 52, 53, 54, 55, 56, 57, 58, 59, 60, 61, 62, 63, 64, 65, 66, 67, 68, 69, 70, 71, 72, 73, 74, 75, 76, 77, 78, 79, 80, 81, 82, 83, 84, 85, 86, 87, 88, 89, 90, 91, 92, 93, 94, 95, 96, 97, 98, 99, 100, 101, 102, 103, 104, 105, 106, 107, 108, 109, 110, 111, 112, 113, 114, 115, 116, 117, 118, 119, 120, 121, 122, 123, 124, 125, 126, 127, 128, 129, 130, 131, 132, 133, 134, 135, 136, 137, 138, 139, 140, 141, 142, 143, 144, 145, 146, 147, 148, 149, 150, 151, 152, 153, 154, 155, 156, 157, 158, 159, 160, 161, 162, 163, 164, 165, 166, 167, 168, 169, 170, 171, 172, 173, 174, 175, 176, 177, 178, 179, 180, 181, 182, 183, 184, 185, 186, 187, 188, 189, 190, 191, 192, 193, 194, 195, 196, 197, 198, 199, 200, 201, 202, 203, 204, 205, 206, 207, 208, 209, 210, 211, 212, 213, 214, 215, 216, 217, 218, 219, 220, 221, 222, 223, 224, 225, 226, 227, 228, 229, 230, 231, 232, 233, 234, 235, 236, 237, 238, 239, 240, 241, 242, 243, 244, 245, 246, 247, 248, 249, 250, 251, 252, 253, 254, 255, 256, 257, 258, 259, 260, 261, 262, 263, 264, 265, 266, 267, 268, 269, 270, 271, 272, 273, 274, 275, 276, 277, 278, 279, 280, 281, 282, 283, 284, 285, 286, 287, 288, 289, 290, 291, 292, 293, 294, 295, 296, 297, 298, 299, 300, 301, 302, 303, 304, 305, 306, 307, 308, 309, 310, 311, 312, 313, 314, 315, 316, 317, 318, 319, 320, 321, 322, 323, 324, 325, 326, 327, 328, 329, 330, 331, 332, 333, 334, 335, 336, 337, 338, 339, 340, 341, 342, 343, 344, 345, 346, 347, 348, 349, 350, 351, 352, 353, 354, 355, 356, 357, 358, 359, 360, 361, 362, 363, 364, 365, 366, 367, 368, 369, 370, 371, 372, 373, 374, 375, 376, 377, 378, 379, 380, 381, 382, 383, 384, 385, 386, 387, 388, 389, 390, 391, 392, 393, 394, 395, 396, 397, 398, 399, 400, 401, 402, 403, 404, 405, 406, 407, 408, 409, 410, 411, 412, 413, 414, 415, 416, 417, 418, 419, 420, 421, 422, 423, 424, 425, 426, 427, 428, 429, 430, 431, 432, 433, 434, 435, 436, 437, 438, 439, 440, 441, 442, 443, 444, 445, 446, 447, 448, 449, 450, 451, 452, 453, 454, 455, 456, 457, 458, 459, 460, 461, 462, 463, 464, 465, 466, 467, 468, 469, 470, 471, 472, 473, 474, 475, 476, 477, 478, 479, 480, 481, 482, 483, 484, 485, 486, 487, 488, 489, 490, 491, 492, 493, 494, 495, 496, 497, 498, 499, 500, 501, 502, 503, 504, 505, 506, 507, 508, 509, 510, 511, 512, 513, 514, 515, 516, 517, 518], "AcquisitionTime": ["072831.162500", "072900.162500", "072901.322500", "072902.482500", "072903.642500", "072904.802500", "072905.962500", "072907.122500", "072908.282500", "072909.442500", "072910.602500", "072911.762500", "072912.922500", "072914.082500", "072915.242500", "072916.402500", "072917.562500", "072918.722500", "072919.882500", "072921.042500", "072922.202500", "072923.362500", "072924.522500", "072925.682500", "072926.842500", "072928.002500", "072929.162500", "072930.322500", "072931.482500", "072932.642500", "072933.802500", "072934.962500", "072936.122500", "072937.282500", "072938.442500", "072939.602500", "072940.762500", "072941.922500", "072943.082500", "072944.242500", "072945.402500", "072946.562500", "072947.722500", "072948.882500", "072950.042500", "072951.202500", "072952.362500", "072953.522500", "072954.682500", "072955.842500", "072957.005000", "072958.165000", "072959.325000", "073000.485000", "073001.645000", "073002.805000", "073003.965000", "073005.125000", "073006.285000", "073007.445000", "073008.605000", "073009.765000", "073010.925000", "073012.085000", "073013.245000", "073014.405000", "073015.565000", "073016.725000", "073017.885000", "073019.045000", "073020.205000", "073021.365000", "073022.525000", "073023.685000", "073024.845000", "073026.005000", "073027.165000", "073028.325000", "073029.485000", "073030.645000", "073031.805000", "073032.965000", "073034.125000", "073035.285000", "073036.445000", "073037.605000", "073038.765000", "073039.925000", "073041.085000", "073042.245000", "073043.405000", "073044.565000", "073045.725000", "073046.885000", "073048.045000", "073049.205000", "073050.365000", "073051.525000", "073052.685000", "073053.845000", "073055.005000", "073056.165000", "073057.325000", "073058.485000", "073059.645000", "073100.805000", "073101.965000", "073103.125000", "073104.285000", "073105.445000", "073106.605000", "073107.765000", "073108.925000", "073110.085000", "073111.245000", "073112.405000", "073113.565000", "073114.725000", "073115.885000", "073117.045000", "073118.205000", "073119.365000", "073120.525000", "073121.685000", "073122.845000", "073124.005000", "073125.165000", "073126.325000", "073127.485000", "073128.645000", "073129.805000", "073130.965000", "073132.125000", "073133.285000", "073134.445000", "073135.605000", "073136.765000", "073137.925000", "073139.085000", "073140.245000", "073141.405000", "073142.565000", "073143.725000", "073144.885000", "073146.045000", "073147.205000", "073148.365000", "073149.525000", "073150.685000", "073151.845000", "073153.005000", "073154.165000", "073155.325000", "073156.485000", "073157.645000", "073158.805000", "073159.965000", "073201.125000", "073202.285000", "073203.445000", "073204.605000", "073205.765000", "073206.925000", "073208.085000", "073209.245000", "073210.405000", "073211.565000", "073212.725000", "073213.885000", "073215.045000", "073216.205000", "073217.365000", "073218.525000", "073219.685000", "073220.845000", "073222.005000", "073223.165000", "073224.325000", "073225.485000", "073226.645000", "073227.805000", "073228.965000", "073230.125000", "073231.285000", "073232.445000", "073233.605000", "073234.765000", "073235.925000", "073237.085000", "073238.245000", "073239.405000", "073240.565000", "073241.725000", "073242.885000", "073244.045000", "073245.205000", "073246.365000", "073247.525000", "073248.685000", "073249.845000", "073251.005000", "073252.165000", "073253.325000", "073254.485000", "073255.645000", "073256.805000", "073257.965000", "073259.125000", "073300.285000", "073301.445000", "073302.605000", "073303.765000", "073304.925000", "073306.085000", "073307.245000", "073308.405000", "073309.565000", "073310.725000", "073311.885000", "073313.045000", "073314.205000", "073315.365000", "073316.525000", "073317.685000", "073318.845000", "073320.005000", "073321.165000", "073322.325000", "073323.485000", "073324.645000", "073325.805000", "073326.965000", "073328.125000", "073329.285000", "073330.445000", "073331.605000", "073332.765000", "073333.925000", "073335.085000", "073336.245000", "073337.405000", "073338.565000", "073339.725000", "073340.885000", "073342.045000", "073343.205000", "073344.365000", "073345.525000", "073346.685000", "073347.845000", "073349.005000", "073350.165000", "073351.325000", "073352.485000", "073353.645000", "073354.805000", "073355.965000", "073357.125000", "073358.285000", "073359.445000", "073400.605000", "073401.765000", "073402.925000", "073404.085000", "073405.245000", "073406.405000", "073407.565000", "073408.725000", "073409.885000", "073411.045000", "073412.205000", "073413.365000", "073414.525000", "073415.685000", "073416.845000", "073418.005000", "073419.165000", "073420.325000", "073421.485000", "073422.645000", "073423.805000", "073424.965000", "073426.125000", "073427.285000", "073428.445000", "073429.605000", "073430.765000", "073431.925000", "073433.085000", "073434.245000", "073435.405000", "073436.565000", "073437.725000", "073438.885000", "073440.045000", "073441.205000", "073442.365000", "073443.525000", "073444.685000", "073445.845000", "073447.005000", "073448.167500", "073449.327500", "073450.487500", "073451.647500", "073452.807500", "073453.967500", "073455.127500", "073456.287500", "073457.447500", "073458.607500", "073459.767500", "073500.927500", "073502.087500", "073503.247500", "073504.407500", "073505.567500", "073506.727500", "073507.887500", "073509.047500", "073510.207500", "073511.367500", "073512.527500", "073513.687500", "073514.847500", "073516.007500", "073517.167500", "073518.327500", "073519.487500", "073520.647500", "073521.807500", "073522.967500", "073524.127500", "073525.287500", "073526.447500", "073527.607500", "073528.767500", "073529.927500", "073531.087500", "073532.247500", "073533.407500", "073534.567500", "073535.727500", "073536.887500", "073538.047500", "073539.207500", "073540.367500", "073541.527500", "073542.687500", "073543.847500", "073545.007500", "073546.167500", "073547.327500", "073548.487500", "073549.647500", "073550.807500", "073551.967500", "073553.127500", "073554.287500", "073555.447500", "073556.607500", "073557.767500", "073558.927500", "073600.087500", "073601.247500", "073602.407500", "073603.567500", "073604.727500", "073605.887500", "073607.047500", "073608.207500", "073609.367500", "073610.527500", "073611.687500", "073612.847500", "073614.007500", "073615.167500", "073616.327500", "073617.487500", "073618.647500", "073619.807500", "073620.967500", "073622.127500", "073623.287500", "073624.447500", "073625.607500", "073626.767500", "073627.927500", "073629.087500", "073630.247500", "073631.407500", "073632.567500", "073633.727500", "073634.887500", "073636.047500", "073637.207500", "073638.367500", "073639.527500", "073640.687500", "073641.847500", "073643.007500", "073644.167500", "073645.327500", "073646.487500", "073647.647500", "073648.807500", "073649.967500", "073651.127500", "073652.287500", "073653.447500", "073654.607500", "073655.767500", "073656.927500", "073658.087500", "073659.247500", "073700.407500", "073701.567500", "073702.727500", "073703.887500", "073705.047500", "073706.207500", "073707.367500", "073708.527500", "073709.687500", "073710.847500", "073712.007500", "073713.167500", "073714.327500", "073715.487500", "073716.647500", "073717.807500", "073718.967500", "073720.127500", "073721.287500", "073722.447500", "073723.607500", "073724.767500", "073725.927500", "073727.087500", "073728.247500", "073729.407500", "073730.567500", "073731.727500", "073732.887500", "073734.047500", "073735.207500", "073736.367500", "073737.527500", "073738.687500", "073739.847500", "073741.007500", "073742.167500", "073743.327500", "073744.487500", "073745.647500", "073746.807500", "073747.967500", "073749.127500", "073750.287500", "073751.447500", "073752.607500", "073753.767500", "073754.927500", "073756.087500", "073757.247500", "073758.407500", "073759.567500", "073800.727500", "073801.887500", "073803.047500", "073804.207500", "073805.367500", "073806.527500", "073807.687500", "073808.847500", "073810.007500", "073811.167500", "073812.327500", "073813.487500", "073814.647500", "073815.807500", "073816.967500", "073818.127500", "073819.287500", "073820.447500", "073821.607500", "073822.767500", "073823.927500", "073825.087500", "073826.247500", "073827.407500", "073828.567500", "073829.727500", "073830.887500", "073832.047500", "073833.207500", "073834.367500", "073835.527500", "073836.687500", "073837.847500", "073839.007500", "073840.167500", "073841.327500", "073842.487500", "073843.647500", "073844.807500", "073845.967500", "073847.127500", "073848.287500", "073849.447500", "073850.607500", "073851.767500", "073852.927500", "073854.087500", "073855.247500", "073856.407500", "073857.567500", "073858.727500"], "ContentTime": ["072914.125000", "072921.171000", "072921.187000", "072921.187000", "072921.187000", "072921.187000", "072926.171000", "072926.171000", "072926.187000", "072926.187000", "072926.187000", "072931.171000", "072931.187000", "072931.187000", "072931.187000", "072936.171000", "072936.171000", "072936.171000", "072936.171000", "072941.171000", "072941.171000", "072941.171000", "072941.187000", "072946.171000", "072946.203000", "072946.203000", "072946.218000", "072951.171000", "072951.171000", "072951.171000", "072951.171000", "072956.171000", "072956.171000", "072956.171000", "072956.171000", "073001.171000", "073001.171000", "073001.171000", "073001.171000", "073001.187000", "073006.171000", "073006.171000", "073006.171000", "073006.171000", "073011.171000", "073011.171000", "073011.187000", "073011.187000", "073016.171000", "073016.171000", "073016.187000", "073016.187000", "073021.171000", "073021.171000", "073021.171000", "073021.171000", "073026.171000", "073026.171000", "073026.171000", "073031.171000", "073031.171000", "073031.187000", "073031.187000", "073036.171000", "073036.171000", "073036.171000", "073036.171000", "073036.187000", "073041.171000", "073041.171000", "073041.171000", "073046.171000", "073046.171000", "073046.171000", "073046.171000", "073046.187000", "073051.171000", "073051.171000", "073051.203000", "073051.203000", "073056.171000", "073056.171000", "073056.171000", "073056.187000", "073101.171000", "073101.187000", "073101.187000", "073106.171000", "073106.171000", "073106.171000", "073106.171000", "073111.171000", "073111.171000", "073111.171000", "073111.187000", "073111.187000", "073116.171000", "073116.171000", "073116.171000", "073116.171000", "073121.171000", "073121.171000", "073121.171000", "073121.171000", "073126.171000", "073126.171000", "073126.171000", "073126.171000", "073131.171000", "073131.171000", "073131.187000", "073131.187000", "073136.171000", "073136.171000", "073136.187000", "073136.187000", "073141.171000", "073141.171000", "073141.187000", "073141.187000", "073146.171000", "073146.171000", "073146.187000", "073146.187000", "073151.171000", "073151.171000", "073151.171000", "073156.171000", "073156.171000", "073156.171000", "073156.171000", "073201.171000", "073201.171000", "073201.171000", "073201.187000", "073201.187000", "073206.171000", "073206.171000", "073206.171000", "073206.171000", "073211.171000", "073211.171000", "073211.171000", "073211.171000", "073216.171000", "073216.171000", "073216.171000", "073216.171000", "073221.171000", "073221.171000", "073221.171000", "073221.171000", "073221.187000", "073226.171000", "073226.171000", "073226.171000", "073231.171000", "073231.171000", "073231.171000", "073231.171000", "073231.187000", "073236.171000", "073236.171000", "073236.171000", "073236.187000", "073241.171000", "073241.171000", "073241.171000", "073241.171000", "073246.171000", "073246.171000", "073246.171000", "073246.187000", "073251.171000", "073251.171000", "073251.171000", "073251.187000", "073256.171000", "073256.171000", "073256.171000", "073256.171000", "073301.171000", "073301.171000", "073301.171000", "073301.171000", "073306.171000", "073306.171000", "073306.171000", "073306.187000", "073311.171000", "073311.171000", "073311.171000", "073311.187000", "073316.171000", "073316.171000", "073316.171000", "073316.171000", "073321.171000", "073321.171000", "073321.171000", "073321.187000", "073326.171000", "073326.171000", "073326.171000", "073326.171000", "073331.171000", "073331.171000", "073331.171000", "073331.187000", "073336.171000", "073336.171000", "073336.171000", "073336.171000", "073341.171000", "073341.171000", "073341.171000", "073341.171000", "073346.171000", "073346.171000", "073346.171000", "073346.171000", "073351.171000", "073351.171000", "073351.171000", "073351.171000", "073356.171000", "073356.171000", "073356.171000", "073356.171000", "073401.171000", "073401.171000", "073401.171000", "073401.218000", "073406.171000", "073406.171000", "073406.171000", "073406.171000", "073411.171000", "073411.171000", "073411.171000", "073411.171000", "073416.171000", "073416.171000", "073416.171000", "073416.171000", "073421.171000", "073421.171000", "073421.171000", "073421.218000", "073426.171000", "073426.171000", "073426.171000", "073426.171000", "073431.171000", "073431.171000", "073431.171000", "073431.171000", "073436.171000", "073436.171000", "073436.171000", "073436.171000", "073441.171000", "073441.171000", "073441.187000", "073441.187000", "073446.171000", "073446.171000", "073446.171000", "073446.171000", "073451.171000", "073451.171000", "073451.171000", "073456.171000", "073456.171000", "073456.171000", "073456.171000", "073501.171000", "073501.171000", "073501.171000", "073501.171000", "073501.187000", "073506.171000", "073506.171000", "073506.187000", "073506.203000", "073511.171000", "073511.171000", "073511.171000", "073511.171000", "073516.171000", "073516.171000", "073516.171000", "073516.171000", "073521.171000", "073521.187000", "073521.187000", "073521.187000", "073526.171000", "073526.171000", "073526.171000", "073526.187000", "073531.171000", "073531.171000", "073531.171000", "073531.187000", "073536.171000", "073536.171000", "073536.171000", "073541.171000", "073541.171000", "073541.171000", "073541.171000", "073546.171000", "073546.171000", "073546.187000", "073546.187000", "073551.171000", "073551.171000", "073551.187000", "073551.187000", "073556.171000", "073556.171000", "073556.171000", "073556.171000", "073601.171000", "073601.171000", "073601.187000", "073601.187000", "073606.171000", "073606.171000", "073606.171000", "073611.171000", "073611.187000", "073611.187000", "073611.187000", "073616.171000", "073616.171000", "073616.171000", "073616.171000", "073621.171000", "073621.171000", "073621.171000", "073621.171000", "073626.171000", "073626.171000", "073626.171000", "073626.187000", "073631.171000", "073631.171000", "073631.171000", "073636.171000", "073636.171000", "073636.187000", "073636.187000", "073641.171000", "073641.171000", "073641.171000", "073641.171000", "073646.171000", "073646.171000", "073646.171000", "073646.171000", "073651.171000", "073651.171000", "073651.171000", "073651.171000", "073656.171000", "073656.171000", "073656.171000", "073656.171000", "073701.171000", "073701.171000", "073701.171000", "073706.171000", "073706.171000", "073706.171000", "073706.187000", "073711.171000", "073711.171000", "073711.171000", "073711.171000", "073716.171000", "073716.171000", "073716.187000", "073716.187000", "073721.171000", "073721.171000", "073721.171000", "073721.187000", "073726.171000", "073726.171000", "073726.171000", "073726.187000", "073726.187000", "073731.171000", "073731.171000", "073731.171000", "073731.171000", "073736.171000", "073736.187000", "073736.187000", "073736.187000", "073741.171000", "073741.171000", "073741.171000", "073741.171000", "073746.171000", "073746.171000", "073746.171000", "073746.187000", "073751.171000", "073751.171000", "073751.187000", "073756.171000", "073756.171000", "073756.171000", "073756.171000", "073801.171000", "073801.171000", "073801.171000", "073801.171000", "073806.171000", "073806.171000", "073806.171000", "073806.171000", "073811.171000", "073811.171000", "073811.171000", "073811.171000", "073816.171000", "073816.171000", "073816.171000", "073816.171000", "073821.171000", "073821.171000", "073821.171000", "073821.203000", "073826.171000", "073826.171000", "073826.187000", "073826.187000", "073831.171000", "073831.171000", "073831.171000", "073831.187000", "073836.171000", "073836.171000", "073836.171000", "073836.187000", "073841.171000", "073841.171000", "073841.171000", "073841.187000", "073846.171000", "073846.171000", "073846.171000", "073846.171000", "073851.171000", "073851.171000", "073851.171000", "073851.187000", "073856.171000", "073856.171000", "073856.171000", "073856.171000", "073901.171000", "073901.171000", "073901.171000", "073901.171000", "073901.187000", "073906.171000", "073906.171000", "073906.171000", "073906.187000", "073911.171000", "073911.171000", "073911.171000", "073911.171000", "073911.187000", "073916.171000", "073916.171000", "073916.187000", "073916.187000", "073921.171000", "073921.187000", "073921.187000", "073921.187000", "073921.187000", "073926.171000", "073926.171000", "073926.171000", "073926.171000", "073931.171000", "073931.171000", "073931.171000", "073931.187000", "073931.187000", "073936.171000", "073936.171000", "073936.171000", "073936.171000", "073941.171000", "073941.265000", "073941.265000", "073941.265000", "073946.171000", "073946.171000", "073946.171000", "073946.171000", "073946.187000", "073951.171000", "073951.171000", "073951.171000", "073951.187000", "073954.593000", "073954.593000", "073954.593000", "073954.593000"], "InstanceCreationTime": ["072914.125000", "072921.171000", "072921.187000", "072921.187000", "072921.187000", "072921.187000", "072926.171000", "072926.171000", "072926.187000", "072926.187000", "072926.187000", "072931.171000", "072931.187000", "072931.187000", "072931.187000", "072936.171000", "072936.171000", "072936.171000", "072936.171000", "072941.171000", "072941.171000", "072941.171000", "072941.187000", "072946.171000", "072946.203000", "072946.203000", "072946.218000", "072951.171000", "072951.171000", "072951.171000", "072951.171000", "072956.171000", "072956.171000", "072956.171000", "072956.171000", "073001.171000", "073001.171000", "073001.171000", "073001.171000", "073001.187000", "073006.171000", "073006.171000", "073006.171000", "073006.171000", "073011.171000", "073011.171000", "073011.187000", "073011.187000", "073016.171000", "073016.171000", "073016.187000", "073016.187000", "073021.171000", "073021.171000", "073021.171000", "073021.171000", "073026.171000", "073026.171000", "073026.171000", "073031.171000", "073031.171000", "073031.187000", "073031.187000", "073036.171000", "073036.171000", "073036.171000", "073036.171000", "073036.187000", "073041.171000", "073041.171000", "073041.171000", "073046.171000", "073046.171000", "073046.171000", "073046.171000", "073046.187000", "073051.171000", "073051.171000", "073051.203000", "073051.203000", "073056.171000", "073056.171000", "073056.171000", "073056.187000", "073101.171000", "073101.187000", "073101.187000", "073106.171000", "073106.171000", "073106.171000", "073106.171000", "073111.171000", "073111.171000", "073111.171000", "073111.187000", "073111.187000", "073116.171000", "073116.171000", "073116.171000", "073116.171000", "073121.171000", "073121.171000", "073121.171000", "073121.171000", "073126.171000", "073126.171000", "073126.171000", "073126.171000", "073131.171000", "073131.171000", "073131.187000", "073131.187000", "073136.171000", "073136.171000", "073136.187000", "073136.187000", "073141.171000", "073141.171000", "073141.187000", "073141.187000", "073146.171000", "073146.171000", "073146.187000", "073146.187000", "073151.171000", "073151.171000", "073151.171000", "073156.171000", "073156.171000", "073156.171000", "073156.171000", "073201.171000", "073201.171000", "073201.171000", "073201.187000", "073201.187000", "073206.171000", "073206.171000", "073206.171000", "073206.171000", "073211.171000", "073211.171000", "073211.171000", "073211.171000", "073216.171000", "073216.171000", "073216.171000", "073216.171000", "073221.171000", "073221.171000", "073221.171000", "073221.171000", "073221.187000", "073226.171000", "073226.171000", "073226.171000", "073231.171000", "073231.171000", "073231.171000", "073231.171000", "073231.187000", "073236.171000", "073236.171000", "073236.171000", "073236.187000", "073241.171000", "073241.171000", "073241.171000", "073241.171000", "073246.171000", "073246.171000", "073246.171000", "073246.187000", "073251.171000", "073251.171000", "073251.171000", "073251.187000", "073256.171000", "073256.171000", "073256.171000", "073256.171000", "073301.171000", "073301.171000", "073301.171000", "073301.171000", "073306.171000", "073306.171000", "073306.171000", "073306.187000", "073311.171000", "073311.171000", "073311.171000", "073311.187000", "073316.171000", "073316.171000", "073316.171000", "073316.171000", "073321.171000", "073321.171000", "073321.171000", "073321.187000", "073326.171000", "073326.171000", "073326.171000", "073326.171000", "073331.171000", "073331.171000", "073331.171000", "073331.187000", "073336.171000", "073336.171000", "073336.171000", "073336.171000", "073341.171000", "073341.171000", "073341.171000", "073341.171000", "073346.171000", "073346.171000", "073346.171000", "073346.171000", "073351.171000", "073351.171000", "073351.171000", "073351.171000", "073356.171000", "073356.171000", "073356.171000", "073356.171000", "073401.171000", "073401.171000", "073401.171000", "073401.218000", "073406.171000", "073406.171000", "073406.171000", "073406.171000", "073411.171000", "073411.171000", "073411.171000", "073411.171000", "073416.171000", "073416.171000", "073416.171000", "073416.171000", "073421.171000", "073421.171000", "073421.171000", "073421.218000", "073426.171000", "073426.171000", "073426.171000", "073426.171000", "073431.171000", "073431.171000", "073431.171000", "073431.171000", "073436.171000", "073436.171000", "073436.171000", "073436.171000", "073441.171000", "073441.171000", "073441.187000", "073441.187000", "073446.171000", "073446.171000", "073446.171000", "073446.171000", "073451.171000", "073451.171000", "073451.171000", "073456.171000", "073456.171000", "073456.171000", "073456.171000", "073501.171000", "073501.171000", "073501.171000", "073501.171000", "073501.187000", "073506.171000", "073506.171000", "073506.187000", "073506.203000", "073511.171000", "073511.171000", "073511.171000", "073511.171000", "073516.171000", "073516.171000", "073516.171000", "073516.171000", "073521.171000", "073521.187000", "073521.187000", "073521.187000", "073526.171000", "073526.171000", "073526.171000", "073526.187000", "073531.171000", "073531.171000", "073531.171000", "073531.187000", "073536.171000", "073536.171000", "073536.171000", "073541.171000", "073541.171000", "073541.171000", "073541.171000", "073546.171000", "073546.171000", "073546.187000", "073546.187000", "073551.171000", "073551.171000", "073551.187000", "073551.187000", "073556.171000", "073556.171000", "073556.171000", "073556.171000", "073601.171000", "073601.171000", "073601.187000", "073601.187000", "073606.171000", "073606.171000", "073606.171000", "073611.171000", "073611.187000", "073611.187000", "073611.187000", "073616.171000", "073616.171000", "073616.171000", "073616.171000", "073621.171000", "073621.171000", "073621.171000", "073621.171000", "073626.171000", "073626.171000", "073626.171000", "073626.187000", "073631.171000", "073631.171000", "073631.171000", "073636.171000", "073636.171000", "073636.187000", "073636.187000", "073641.171000", "073641.171000", "073641.171000", "073641.171000", "073646.171000", "073646.171000", "073646.171000", "073646.171000", "073651.171000", "073651.171000", "073651.171000", "073651.171000", "073656.171000", "073656.171000", "073656.171000", "073656.171000", "073701.171000", "073701.171000", "073701.171000", "073706.171000", "073706.171000", "073706.171000", "073706.187000", "073711.171000", "073711.171000", "073711.171000", "073711.171000", "073716.171000", "073716.171000", "073716.187000", "073716.187000", "073721.171000", "073721.171000", "073721.171000", "073721.187000", "073726.171000", "073726.171000", "073726.171000", "073726.187000", "073726.187000", "073731.171000", "073731.171000", "073731.171000", "073731.171000", "073736.171000", "073736.187000", "073736.187000", "073736.187000", "073741.171000", "073741.171000", "073741.171000", "073741.171000", "073746.171000", "073746.171000", "073746.171000", "073746.187000", "073751.171000", "073751.171000", "073751.187000", "073756.171000", "073756.171000", "073756.171000", "073756.171000", "073801.171000", "073801.171000", "073801.171000", "073801.171000", "073806.171000", "073806.171000", "073806.171000", "073806.171000", "073811.171000", "073811.171000", "073811.171000", "073811.171000", "073816.171000", "073816.171000", "073816.171000", "073816.171000", "073821.171000", "073821.171000", "073821.171000", "073821.203000", "073826.171000", "073826.171000", "073826.187000", "073826.187000", "073831.171000", "073831.171000", "073831.171000", "073831.187000", "073836.171000", "073836.171000", "073836.171000", "073836.187000", "073841.171000", "073841.171000", "073841.171000", "073841.187000", "073846.171000", "073846.171000", "073846.171000", "073846.171000", "073851.171000", "073851.171000", "073851.171000", "073851.187000", "073856.171000", "073856.171000", "073856.171000", "073856.171000", "073901.171000", "073901.171000", "073901.171000", "073901.171000", "073901.187000", "073906.171000", "073906.171000", "073906.171000", "073906.187000", "073911.171000", "073911.171000", "073911.171000", "073911.171000", "073911.187000", "073916.171000", "073916.171000", "073916.187000", "073916.187000", "073921.171000", "073921.187000", "073921.187000", "073921.187000", "073921.187000", "073926.171000", "073926.171000", "073926.171000", "073926.171000", "073931.171000", "073931.171000", "073931.171000", "073931.187000", "073931.187000", "073936.171000", "073936.171000", "073936.171000", "073936.171000", "073941.171000", "073941.265000", "073941.265000", "073941.265000", "073946.171000", "073946.171000", "073946.171000", "073946.171000", "073946.187000", "073951.171000", "073951.171000", "073951.171000", "073951.187000", "073954.593000", "073954.593000", "073954.593000", "073954.593000"], "InstanceNumber": [1, 2, 3, 4, 5, 6, 7, 8, 9, 10, 11, 12, 13, 14, 15, 16, 17, 18, 19, 20, 21, 22, 23, 24, 25, 26, 27, 28, 29, 30, 31, 32, 33, 34, 35, 36, 37, 38, 39, 40, 41, 42, 43, 44, 45, 46, 47, 48, 49, 50, 51, 52, 53, 54, 55, 56, 57, 58, 59, 60, 61, 62, 63, 64, 65, 66, 67, 68, 69, 70, 71, 72, 73, 74, 75, 76, 77, 78, 79, 80, 81, 82, 83, 84, 85, 86, 87, 88, 89, 90, 91, 92, 93, 94, 95, 96, 97, 98, 99, 100, 101, 102, 103, 104, 105, 106, 107, 108, 109, 110, 111, 112, 113, 114, 115, 116, 117, 118, 119, 120, 121, 122, 123, 124, 125, 126, 127, 128, 129, 130, 131, 132, 133, 134, 135, 136, 137, 138, 139, 140, 141, 142, 143, 144, 145, 146, 147, 148, 149, 150, 151, 152, 153, 154, 155, 156, 157, 158, 159, 160, 161, 162, 163, 164, 165, 166, 167, 168, 169, 170, 171, 172, 173, 174, 175, 176, 177, 178, 179, 180, 181, 182, 183, 184, 185, 186, 187, 188, 189, 190, 191, 192, 193, 194, 195, 196, 197, 198, 199, 200, 201, 202, 203, 204, 205, 206, 207, 208, 209, 210, 211, 212, 213, 214, 215, 216, 217, 218, 219, 220, 221, 222, 223, 224, 225, 226, 227, 228, 229, 230, 231, 232, 233, 234, 235, 236, 237, 238, 239, 240, 241, 242, 243, 244, 245, 246, 247, 248, 249, 250, 251, 252, 253, 254, 255, 256, 257, 258, 259, 260, 261, 262, 263, 264, 265, 266, 267, 268, 269, 270, 271, 272, 273, 274, 275, 276, 277, 278, 279, 280, 281, 282, 283, 284, 285, 286, 287, 288, 289, 290, 291, 292, 293, 294, 295, 296, 297, 298, 299, 300, 301, 302, 303, 304, 305, 306, 307, 308, 309, 310, 311, 312, 313, 314, 315, 316, 317, 318, 319, 320, 321, 322, 323, 324, 325, 326, 327, 328, 329, 330, 331, 332, 333, 334, 335, 336, 337, 338, 339, 340, 341, 342, 343, 344, 345, 346, 347, 348, 349, 350, 351, 352, 353, 354, 355, 356, 357, 358, 359, 360, 361, 362, 363, 364, 365, 366, 367, 368, 369, 370, 371, 372, 373, 374, 375, 376, 377, 378, 379, 380, 381, 382, 383, 384, 385, 386, 387, 388, 389, 390, 391, 392, 393, 394, 395, 396, 397, 398, 399, 400, 401, 402, 403, 404, 405, 406, 407, 408, 409, 410, 411, 412, 413, 414, 415, 416, 417, 418, 419, 420, 421, 422, 423, 424, 425, 426, 427, 428, 429, 430, 431, 432, 433, 434, 435, 436, 437, 438, 439, 440, 441, 442, 443, 444, 445, 446, 447, 448, 449, 450, 451, 452, 453, 454, 455, 456, 457, 458, 459, 460, 461, 462, 463, 464, 465, 466, 467, 468, 469, 470, 471, 472, 473, 474, 475, 476, 477, 478, 479, 480, 481, 482, 483, 484, 485, 486, 487, 488, 489, 490, 491, 492, 493, 494, 495, 496, 497, 498, 499, 500, 501, 502, 503, 504, 505, 506, 507, 508, 509, 510, 511, 512, 513, 514, 515, 516, 517, 518], "LargestImagePixelValue": [24669, 26778, 24854, 24275, 25971, 25798, 25725, 27386, 24095, 25762, 25279, 25621, 27174, 28969, 24715, 24343, 28578, 24143, 24986, 30838, 27450, 23900, 28254, 26713, 24854, 27970, 24646, 25612, 24645, 25042, 27692, 24565, 23633, 23426, 24577, 25909, 24810, 25872, 24125, 24703, 24387, 25241, 24275, 24291, 24004, 23775, 24638, 24527, 23646, 25483, 24951, 25317, 23939, 24372, 26575, 25450, 27461, 25265, 24919, 25256, 23578, 23355, 24918, 24685, 24406, 26070, 24881, 24174, 24082, 23836, 24180, 23760, 24470, 27109, 23733, 26494, 23334, 25041, 24761, 27683, 23857, 28012, 24866, 28600, 26266, 23676, 27485, 24295, 23627, 23710, 23463, 23491, 23949, 23803, 25656, 23474, 25251, 23503, 23605, 24473, 23728, 24021, 23799, 24074, 25622, 23431, 23312, 24876, 24608, 24190, 26151, 23867, 23511, 25389, 23661, 23479, 23815, 23741, 25100, 25586, 23366, 25873, 23645, 23751, 24476, 25364, 24616, 25827, 25007, 28190, 23498, 29519, 24754, 26916, 24461, 24907, 26194, 24958, 27145, 24843, 26201, 24910, 27599, 23809, 24905, 27929, 23983, 24907, 24602, 25439, 26392, 23822, 24920, 24686, 24089, 24814, 25797, 28601, 26416, 28779, 23538, 24246, 23374, 24228, 26810, 24775, 27994, 24529, 23131, 26203, 24003, 24445, 28034, 25591, 27213, 24477, 26881, 22771, 28790, 25286, 29411, 25642, 28061, 25049, 24787, 27982, 23454, 27527, 26062, 28704, 26069, 26311, 26336, 25736, 26231, 23365, 25006, 23302, 24680, 23466, 24071, 22742, 28196, 23742, 24998, 23684, 26435, 24376, 26695, 24267, 25707, 24888, 24591, 24564, 25191, 22788, 26052, 25022, 26031, 23759, 30007, 27313, 30122, 28384, 28337, 25683, 23227, 24789, 24733, 24071, 23251, 24186, 23628, 29204, 23572, 24663, 23444, 25038, 24673, 25595, 25870, 24692, 23639, 26069, 29295, 23360, 23096, 23452, 23622, 23312, 26104, 26607, 26726, 23079, 24402, 23314, 23832, 24372, 26447, 26683, 23730, 26321, 25814, 25542, 28555, 23730, 29459, 24708, 29874, 23350, 25360, 26560, 23727, 23039, 26293, 26168, 30255, 22685, 25325, 28152, 22677, 27449, 22893, 27515, 22522, 23805, 26059, 25807, 27024, 25279, 27903, 24760, 26006, 25184, 26078, 27323, 24411, 26530, 29263, 25033, 27713, 23081, 25765, 22795, 22675, 27841, 26920, 26729, 23925, 26469, 23040, 24130, 27220, 24365, 26170, 24452, 26254, 25835, 26959, 25045, 27702, 24028, 26773, 23450, 24148, 22513, 25004, 25087, 28982, 22605, 24049, 26311, 26048, 26260, 25512, 22873, 26219, 26494, 26696, 25481, 26832, 25761, 26548, 27306, 25748, 23820, 24678, 24041, 26199, 26920, 25437, 24019, 22638, 24952, 25521, 27195, 27222, 29886, 25131, 26991, 27187, 28405, 24257, 29125, 25806, 28671, 25051, 24929, 24544, 25082, 24143, 25893, 28317, 24826, 26177, 25712, 26331, 26543, 25667, 26458, 25911, 26198, 26693, 25103, 24994, 23354, 24871, 24324, 23626, 23567, 26796, 29396, 24276, 29496, 24627, 28479, 25501, 25787, 23288, 27708, 22651, 24938, 22700, 24787, 25160, 24042, 26361, 22572, 24781, 23353, 25388, 24747, 23682, 25199, 24544, 27426, 26351, 27199, 24224, 23737, 23435, 23899, 25519, 26520, 25487, 23083, 27440, 23193, 26718, 23077, 26336, 23347, 27010, 25885, 26179, 26175, 26700, 25374, 25029, 24721, 24240, 24166, 27403, 25611, 25801, 25271, 24244, 24395, 27244, 23885, 26132, 25161, 27703, 26759, 26279, 23291, 26168, 24833, 29405, 27156, 27916, 23443, 24120, 23439, 24931, 24285, 25174, 27517, 25589, 26361, 24677, 26272, 24306, 24102, 24648, 28821, 26658, 27988, 22821, 26727, 24839, 25172, 23172, 25586, 24297, 27094, 27873, 27260, 28267, 24412, 28256, 27514, 25964, 27226, 27172, 25199, 25452, 25054, 25389, 25698, 28543, 25503, 27215, 24343, 24616, 24150, 24863, 24137, 23788, 24094, 24499, 24873, 24971, 28173, 24842, 25482, 23958, 27786], "WindowCenter": [10072.0, 10076.0, 10051.0, 10034.0, 10037.0, 10050.0, 10048.0, 10055.0, 10040.0, 10062.0, 10061.0, 10058.0, 10073.0, 10076.0, 10060.0, 10059.0, 10079.0, 10053.0, 10056.0, 10121.0, 10103.0, 10065.0, 10064.0, 10062.0, 10061.0, 10067.0, 10058.0, 10054.0, 10057.0, 10047.0, 10085.0, 10057.0, 10066.0, 10031.0, 10054.0, 10044.0, 10043.0, 10027.0, 10015.0, 10029.0, 10042.0, 10031.0, 10040.0, 10014.0, 10021.0, 10014.0, 10032.0, 10030.0, 10018.0, 10045.0, 10048.0, 10055.0, 10037.0, 10045.0, 10039.0, 10049.0, 10064.0, 10044.0, 10042.0, 10047.0, 10026.0, 10035.0, 10011.0, 10040.0, 10040.0, 10025.0, 10012.0, 10036.0, 10020.0, 10029.0, 10032.0, 9980.0, 10041.0, 10044.0, 10013.0, 10046.0, 10031.0, 10036.0, 10028.0, 10066.0, 10023.0, 10049.0, 10037.0, 10045.0, 10047.0, 10032.0, 10099.0, 10029.0, 10030.0, 10012.0, 10001.0, 10004.0, 9998.0, 9973.0, 10030.0, 10017.0, 10005.0, 9992.0, 10028.0, 10027.0, 10021.0, 10017.0, 10024.0, 10023.0, 10017.0, 9985.0, 10018.0, 10002.0, 10023.0, 10003.0, 10031.0, 9982.0, 10001.0, 10043.0, 10019.0, 10030.0, 10019.0, 10009.0, 10014.0, 10012.0, 10027.0, 10040.0, 10036.0, 10012.0, 10012.0, 10008.0, 10021.0, 10011.0, 10037.0, 10054.0, 10027.0, 10062.0, 10020.0, 10024.0, 10007.0, 10011.0, 10029.0, 10035.0, 10045.0, 10021.0, 10038.0, 10020.0, 10035.0, 10038.0, 10045.0, 10044.0, 10008.0, 10041.0, 10029.0, 10017.0, 10043.0, 9998.0, 10018.0, 10020.0, 10043.0, 10029.0, 10052.0, 10061.0, 10034.0, 10044.0, 9994.0, 10007.0, 10005.0, 9995.0, 10038.0, 10029.0, 10036.0, 10030.0, 10027.0, 10027.0, 10021.0, 10019.0, 10023.0, 10018.0, 10033.0, 10015.0, 10029.0, 9986.0, 10016.0, 10009.0, 10048.0, 10028.0, 10051.0, 10014.0, 10014.0, 10056.0, 10018.0, 10023.0, 10008.0, 10044.0, 10029.0, 10007.0, 10032.0, 10038.0, 10028.0, 10009.0, 10003.0, 10008.0, 10029.0, 9995.0, 10021.0, 10027.0, 10059.0, 10009.0, 10020.0, 10025.0, 10043.0, 10028.0, 10035.0, 10021.0, 10009.0, 9993.0, 10013.0, 10008.0, 10020.0, 10012.0, 10036.0, 10010.0, 10011.0, 9989.0, 10050.0, 10038.0, 10025.0, 10033.0, 10023.0, 10025.0, 10012.0, 10020.0, 10022.0, 10005.0, 10009.0, 10018.0, 10021.0, 10025.0, 10012.0, 10011.0, 10009.0, 10017.0, 10000.0, 10030.0, 10031.0, 9994.0, 10015.0, 10018.0, 10032.0, 9999.0, 10004.0, 10013.0, 10017.0, 10017.0, 10050.0, 10003.0, 10028.0, 10017.0, 10005.0, 10020.0, 10027.0, 10035.0, 10039.0, 10026.0, 10019.0, 10039.0, 10031.0, 10006.0, 10016.0, 9985.0, 10035.0, 10010.0, 10032.0, 10011.0, 10013.0, 10050.0, 10031.0, 10002.0, 9992.0, 9975.0, 10008.0, 9970.0, 9980.0, 9999.0, 9969.0, 9986.0, 9972.0, 9990.0, 9967.0, 9963.0, 9989.0, 9985.0, 9988.0, 9994.0, 9992.0, 9989.0, 9990.0, 9975.0, 9993.0, 10008.0, 10003.0, 10009.0, 10011.0, 9986.0, 10000.0, 9978.0, 10009.0, 9988.0, 9982.0, 10018.0, 10018.0, 10020.0, 9989.0, 9992.0, 9999.0, 9996.0, 10020.0, 9968.0, 9997.0, 9982.0, 10006.0, 10017.0, 10018.0, 10010.0, 10025.0, 9991.0, 9999.0, 9966.0, 9982.0, 9966.0, 9988.0, 9981.0, 10002.0, 9970.0, 9983.0, 9983.0, 9995.0, 9997.0, 9981.0, 9969.0, 9991.0, 9994.0, 9991.0, 9965.0, 9984.0, 9985.0, 10003.0, 9993.0, 9986.0, 9969.0, 9971.0, 9976.0, 9961.0, 9990.0, 9974.0, 9978.0, 9981.0, 9986.0, 9989.0, 9996.0, 9993.0, 10010.0, 9998.0, 10001.0, 9988.0, 10021.0, 9985.0, 10012.0, 9995.0, 10016.0, 9993.0, 10006.0, 9974.0, 10022.0, 9975.0, 10019.0, 10014.0, 9970.0, 9992.0, 10002.0, 10000.0, 9991.0, 9977.0, 9984.0, 9981.0, 9988.0, 10000.0, 9990.0, 9997.0, 10003.0, 9993.0, 9981.0, 9985.0, 9993.0, 10011.0, 10020.0, 9990.0, 10008.0, 9988.0, 10009.0, 9973.0, 9979.0, 9958.0, 9991.0, 9962.0, 9963.0, 9941.0, 9954.0, 9955.0, 9962.0, 9967.0, 9935.0, 9957.0, 9947.0, 9969.0, 9969.0, 9957.0, 9971.0, 9979.0, 9993.0, 9964.0, 9987.0, 9970.0, 9976.0, 9980.0, 10000.0, 10002.0, 9988.0, 9977.0, 9973.0, 9995.0, 9970.0, 9973.0, 9964.0, 9983.0, 9955.0, 9982.0, 9974.0, 9977.0, 9977.0, 10001.0, 9977.0, 9975.0, 9976.0, 9976.0, 9974.0, 10009.0, 9981.0, 9986.0, 10004.0, 9987.0, 9986.0, 10004.0, 9981.0, 9977.0, 9974.0, 9998.0, 9965.0, 9982.0, 9950.0, 9992.0, 9985.0, 10016.0, 10006.0, 10008.0, 9971.0, 9970.0, 9961.0, 9993.0, 9986.0, 9992.0, 9994.0, 9975.0, 9977.0, 9985.0, 9998.0, 9984.0, 9991.0, 9971.0, 10000.0, 9987.0, 9999.0, 9949.0, 9962.0, 9945.0, 9954.0, 9938.0, 9950.0, 9947.0, 9958.0, 9947.0, 9966.0, 9980.0, 9963.0, 9981.0, 9963.0, 9976.0, 9972.0, 9973.0, 9981.0, 9955.0, 9963.0, 9971.0, 9975.0, 9987.0, 9988.0, 9991.0, 9967.0, 9962.0, 9960.0, 9952.0, 9961.0, 9982.0, 9970.0, 9976.0, 9995.0, 9975.0, 10000.0, 9961.0, 9997.0, 9964.0, 9987.0], "WindowWidth": [21336.0, 21339.0, 21284.0, 21243.0, 21250.0, 21274.0, 21272.0, 21286.0, 21261.0, 21308.0, 21302.0, 21297.0, 21328.0, 21331.0, 21300.0, 21299.0, 21337.0, 21288.0, 21298.0, 21461.0, 21415.0, 21316.0, 21309.0, 21302.0, 21303.0, 21306.0, 21295.0, 21291.0, 21296.0, 21281.0, 21350.0, 21300.0, 21320.0, 21249.0, 21290.0, 21261.0, 21254.0, 21230.0, 21203.0, 21231.0, 21257.0, 21242.0, 21258.0, 21210.0, 21225.0, 21205.0, 21235.0, 21236.0, 21219.0, 21267.0, 21274.0, 21290.0, 21259.0, 21276.0, 21263.0, 21272.0, 21301.0, 21266.0, 21262.0, 21269.0, 21232.0, 21245.0, 21201.0, 21253.0, 21253.0, 21223.0, 21200.0, 21243.0, 21218.0, 21231.0, 21231.0, 21137.0, 21250.0, 21259.0, 21203.0, 21268.0, 21239.0, 21247.0, 21236.0, 21304.0, 21221.0, 21272.0, 21247.0, 21267.0, 21267.0, 21236.0, 21415.0, 21239.0, 21231.0, 21195.0, 21173.0, 21171.0, 21165.0, 21126.0, 21228.0, 21203.0, 21185.0, 21157.0, 21225.0, 21224.0, 21212.0, 21204.0, 21219.0, 21214.0, 21206.0, 21152.0, 21202.0, 21174.0, 21212.0, 21179.0, 21228.0, 21144.0, 21179.0, 21261.0, 21210.0, 21228.0, 21209.0, 21191.0, 21199.0, 21201.0, 21226.0, 21251.0, 21244.0, 21203.0, 21199.0, 21189.0, 21214.0, 21199.0, 21245.0, 21283.0, 21230.0, 21296.0, 21218.0, 21226.0, 21192.0, 21197.0, 21233.0, 21245.0, 21261.0, 21221.0, 21254.0, 21213.0, 21243.0, 21249.0, 21263.0, 21262.0, 21199.0, 21254.0, 21229.0, 21209.0, 21253.0, 21171.0, 21210.0, 21218.0, 21263.0, 21240.0, 21278.0, 21290.0, 21240.0, 21255.0, 21164.0, 21180.0, 21175.0, 21163.0, 21240.0, 21227.0, 21244.0, 21235.0, 21226.0, 21223.0, 21209.0, 21206.0, 21213.0, 21202.0, 21233.0, 21199.0, 21231.0, 21143.0, 21198.0, 21191.0, 21264.0, 21228.0, 21272.0, 21202.0, 21199.0, 21276.0, 21205.0, 21215.0, 21189.0, 21253.0, 21226.0, 21187.0, 21232.0, 21242.0, 21221.0, 21183.0, 21177.0, 21186.0, 21226.0, 21166.0, 21213.0, 21227.0, 21288.0, 21195.0, 21216.0, 21220.0, 21254.0, 21230.0, 21240.0, 21211.0, 21187.0, 21161.0, 21197.0, 21182.0, 21203.0, 21193.0, 21241.0, 21192.0, 21193.0, 21148.0, 21262.0, 21239.0, 21216.0, 21229.0, 21214.0, 21212.0, 21186.0, 21205.0, 21207.0, 21176.0, 21182.0, 21202.0, 21203.0, 21214.0, 21190.0, 21187.0, 21182.0, 21199.0, 21169.0, 21227.0, 21226.0, 21157.0, 21195.0, 21203.0, 21226.0, 21164.0, 21177.0, 21196.0, 21201.0, 21208.0, 21267.0, 21179.0, 21221.0, 21202.0, 21176.0, 21207.0, 21223.0, 21238.0, 21246.0, 21225.0, 21208.0, 21240.0, 21227.0, 21183.0, 21199.0, 21139.0, 21231.0, 21186.0, 21226.0, 21184.0, 21187.0, 21296.0, 21233.0, 21178.0, 21147.0, 21110.0, 21173.0, 21099.0, 21116.0, 21155.0, 21103.0, 21126.0, 21100.0, 21138.0, 21095.0, 21092.0, 21138.0, 21128.0, 21139.0, 21149.0, 21145.0, 21137.0, 21142.0, 21119.0, 21154.0, 21183.0, 21165.0, 21180.0, 21182.0, 21135.0, 21164.0, 21127.0, 21179.0, 21147.0, 21137.0, 21200.0, 21199.0, 21208.0, 21144.0, 21151.0, 21164.0, 21157.0, 21201.0, 21106.0, 21160.0, 21132.0, 21179.0, 21199.0, 21207.0, 21194.0, 21212.0, 21147.0, 21163.0, 21100.0, 21127.0, 21097.0, 21143.0, 21126.0, 21164.0, 21105.0, 21131.0, 21129.0, 21154.0, 21155.0, 21123.0, 21101.0, 21142.0, 21146.0, 21143.0, 21093.0, 21127.0, 21130.0, 21158.0, 21145.0, 21132.0, 21095.0, 21102.0, 21113.0, 21087.0, 21143.0, 21112.0, 21118.0, 21130.0, 21141.0, 21147.0, 21163.0, 21157.0, 21184.0, 21159.0, 21166.0, 21141.0, 21201.0, 21138.0, 21184.0, 21153.0, 21194.0, 21149.0, 21174.0, 21119.0, 21202.0, 21120.0, 21198.0, 21192.0, 21103.0, 21143.0, 21163.0, 21164.0, 21149.0, 21114.0, 21128.0, 21122.0, 21138.0, 21163.0, 21140.0, 21158.0, 21170.0, 21157.0, 21130.0, 21140.0, 21158.0, 21190.0, 21206.0, 21141.0, 21176.0, 21140.0, 21178.0, 21109.0, 21120.0, 21076.0, 21136.0, 21081.0, 21082.0, 21038.0, 21064.0, 21060.0, 21072.0, 21087.0, 21027.0, 21067.0, 21051.0, 21095.0, 21096.0, 21069.0, 21097.0, 21113.0, 21139.0, 21086.0, 21137.0, 21103.0, 21113.0, 21125.0, 21159.0, 21164.0, 21139.0, 21122.0, 21107.0, 21151.0, 21103.0, 21107.0, 21089.0, 21130.0, 21069.0, 21119.0, 21103.0, 21111.0, 21111.0, 21163.0, 21123.0, 21111.0, 21110.0, 21113.0, 21109.0, 21174.0, 21126.0, 21130.0, 21166.0, 21138.0, 21140.0, 21176.0, 21131.0, 21117.0, 21109.0, 21154.0, 21092.0, 21122.0, 21068.0, 21144.0, 21132.0, 21192.0, 21174.0, 21179.0, 21108.0, 21100.0, 21087.0, 21151.0, 21138.0, 21150.0, 21157.0, 21111.0, 21113.0, 21127.0, 21152.0, 21128.0, 21138.0, 21099.0, 21154.0, 21128.0, 21148.0, 21052.0, 21077.0, 21045.0, 21061.0, 21026.0, 21049.0, 21043.0, 21061.0, 21044.0, 21079.0, 21110.0, 21074.0, 21110.0, 21079.0, 21100.0, 21093.0, 21096.0, 21113.0, 21067.0, 21082.0, 21100.0, 21105.0, 21129.0, 21134.0, 21145.0, 21090.0, 21077.0, 21074.0, 21063.0, 21081.0, 21128.0, 21102.0, 21113.0, 21149.0, 21109.0, 21154.0, 21085.0, 21146.0, 21092.0, 21138.0]}, "slices": {}}}