{"AcquisitionMatrixPE": 96, "AcquisitionNumber": 1, "AcquisitionTime": "07:23:58.650000", "BandwidthPerPixelPhaseEncode": 33.602, "BaseResolution": 96, "BodyPartExamined": "BRAIN", "ConsistencyInfo": "N4_VD11D_LATEST_20110129", "ConversionSoftware": "dcm2niix", "ConversionSoftwareVersion": "v1.0.20210317", "DerivedVendorReportedEchoSpacing": 0.000620003, "DeviceSerialNumber": "45239", "DwellTime": 2.6e-06, "EchoTime": 0.03, "EchoTrainLength": 48, "EffectiveEchoSpacing": 0.000310001, "FlipAngle": 64, "ImageComments": "Unaliased MB4/PE3", "ImageOrientationPatientDICOM": [0.998798, 0.0230878, 0.0432357, 0.00400951, 0.840666, -0.541539], "ImageType": ["ORIGINAL", "PRIMARY", "M", "ND", "NORM", "MOSAIC"], "ImagingFrequency": 123.193, "InPlanePhaseEncodingDirectionDICOM": "COL", "InstitutionAddress": "E 24th St. 100,Austin,Southmiddle,US,78712", "InstitutionName": "Univ of Texas at Austin", "InstitutionalDepartmentName": "IRC", "MRAcquisitionType": "2D", "MagneticFieldStrength": 3, "Manufacturer": "Siemens", "ManufacturersModelName": "Skyra", "Modality": "MR", "MultibandAccelerationFactor": 4, "ParallelReductionFactorInPlane": 2, "PartialFourier": 1, "PatientPosition": "HFS", "PercentPhaseFOV": 100, "PercentSampling": 100, "PhaseEncodingDirection": "j-", "PhaseEncodingSteps": 96, "PhaseResolution": 1, "PixelBandwidth": 2005, "ProcedureStepDescription": "Poldrack2^self-scanning", "ProtocolName": "Resting State fMRI MBEPI_matrix96_BW2004", "PulseSequenceDetails": "%CustomerSeq%\\cmrr_mbep2d_bold", "ReceiveCoilActiveElements": "HEA;HEP", "ReceiveCoilName": "Head_32", "ReconMatrixPE": 96, "RefLinesPE": 94, "RepetitionTime": 1, "SAR": 0.0909432, "ScanOptions": "FS", "ScanningSequence": "EP", "SequenceName": "epfid2d1_96", "SequenceVariant": "SK", "SeriesDescription": "Resting State fMRI MBEPI_matrix96_BW2004", "SeriesNumber": 6, "ShimSetting": [-2751, 8035, -15503, 224, -189, 231, 210, -25], "SliceThickness": 2, "SliceTiming": [0, 0.215, 0.43, 0.6425, 0.8575, 0.0725, 0.2875, 0.5, 0.715, 0.93, 0.1425, 0.3575, 0.5725, 0.785, 0, 0.215, 0.43, 0.6425, 0.8575, 0.0725, 0.2875, 0.5, 0.715, 0.93, 0.1425, 0.3575, 0.5725, 0.785, 0, 0.215, 0.43, 0.6425, 0.8575, 0.0725, 0.2875, 0.5, 0.715, 0.93, 0.1425, 0.3575, 0.5725, 0.785, 0, 0.215, 0.43, 0.6425, 0.8575, 0.0725, 0.2875, 0.5, 0.715, 0.93, 0.1425, 0.3575, 0.5725, 0.785], "SoftwareVersions": "syngo MR D11", "SpacingBetweenSlices": 2.4, "StationName": "AWP45239", "TaskName": "Resting fmri", "TotalReadoutTime": 0.0294501, "TxRefAmp": 331.962, "WipMemBlock": "bca7cde0-04e2-4a7e-8f85-d429ce4b9c1d||Sequence: VD11D r154; May 23 2012 22:27:19 by eja", "dcmmeta_affine": [[-2.392953634262085, 0.00960610806941986, 0.11723941564559937, 114.55914306640625], [-0.0553145594894886, 2.0140957832336426, -1.2985475063323975, -79.74795532226562], [0.10358558595180511, 1.2974371910095215, 2.014951229095459, -97.13896179199219], [0.0, 0.0, 0.0, 1.0]], "dcmmeta_reorient_transform": [[0.0, -1.0, 0.0, 95.0], [1.0, 0.0, 0.0, 0.0], [0.0, 0.0, 1.0, 0.0], [0.0, 0.0, 0.0, 1.0]], "dcmmeta_shape": [96, 96, 56, 600], "dcmmeta_slice_dim": 2, "dcmmeta_version": 0.6, "global": {"const": {"AcquisitionMatrix": [96, 0, 0, 96], "AngioFlag": "N", "BitsAllocated": 16, "BitsStored": 16, "BodyPartExamined": "BRAIN", "Columns": 768, "EchoNumbers": 1, "EchoTime": 30.0, "EchoTrainLength": 48, "FlipAngle": 64.0, "HighBit": 15, "ImageOrientationPatient": [0.99879809014989, 0.02308781726772, 0.04323572373326, 0.00400950608244, 0.84066605596512, -0.5415390163313], "ImagePositionPatient": [-922.73181360177, -806.91298220497, 427.25170853271], "ImageType": ["ORIGINAL", "PRIMARY", "M", "ND", "NORM", "MOSAIC"], "ImagedNucleus": "1H", "ImagingFrequency": 123.193322, "InPlanePhaseEncodingDirection": "COL", "MRAcquisitionType": "2D", "MagneticFieldStrength": 3.0, "Manufacturer": "SIEMENS", "ManufacturerModelName": "Skyra", "Modality": "MR", "NumberOfAverages": 1.0, "NumberOfPhaseEncodingSteps": 96, "PercentPhaseFieldOfView": 100.0, "PercentSampling": 100.0, "PerformedProcedureStepStartTime": "070944.890000", "PhotometricInterpretation": "MONOCHROME2", "PixelBandwidth": 2005.0, "PixelRepresentation": 0, "PixelSpacing": [2.3958332538605, 2.3958332538605], "ProtocolName": "Resting State fMRI MBEPI_matrix96_BW2004", "RepetitionTime": 1000.0, "Rows": 768, "SAR": 0.09094316590692, "SamplesPerPixel": 1, "ScanOptions": "FS", "ScanningSequence": "EP", "SequenceName": "epfid2d1_96", "SequenceVariant": "SK", "SeriesDescription": "Resting State fMRI MBEPI_matrix96_BW2004", "SeriesNumber": 6, "SeriesTime": "072442.000000", "SliceLocation": -32.809552340793, "SliceThickness": 2.0, "SmallestImagePixelValue": 0, "SoftwareVersions": "syngo MR D11", "SpacingBetweenSlices": 2.3999999424063, "SpecificCharacterSet": "ISO_IR 100", "StudyID": "1", "StudyTime": "070944.859000", "TransmitCoilName": "Body", "VariableFlipAngleFlag": "N", "WindowCenterWidthExplanation": "Algo1", "dBdt": 0.0}, "slices": {}}, "time": {"samples": {"AcquisitionNumber": [1, 2, 3, 4, 5, 6, 7, 8, 9, 10, 11, 12, 13, 14, 15, 16, 17, 18, 19, 20, 21, 22, 23, 24, 25, 26, 27, 28, 29, 30, 31, 32, 33, 34, 35, 36, 37, 38, 39, 40, 41, 42, 43, 44, 45, 46, 47, 48, 49, 50, 51, 52, 53, 54, 55, 56, 57, 58, 59, 60, 61, 62, 63, 64, 65, 66, 67, 68, 69, 70, 71, 72, 73, 74, 75, 76, 77, 78, 79, 80, 81, 82, 83, 84, 85, 86, 87, 88, 89, 90, 91, 92, 93, 94, 95, 96, 97, 98, 99, 100, 101, 102, 103, 104, 105, 106, 107, 108, 109, 110, 111, 112, 113, 114, 115, 116, 117, 118, 119, 120, 121, 122, 123, 124, 125, 126, 127, 128, 129, 130, 131, 132, 133, 134, 135, 136, 137, 138, 139, 140, 141, 142, 143, 144, 145, 146, 147, 148, 149, 150, 151, 152, 153, 154, 155, 156, 157, 158, 159, 160, 161, 162, 163, 164, 165, 166, 167, 168, 169, 170, 171, 172, 173, 174, 175, 176, 177, 178, 179, 180, 181, 182, 183, 184, 185, 186, 187, 188, 189, 190, 191, 192, 193, 194, 195, 196, 197, 198, 199, 200, 201, 202, 203, 204, 205, 206, 207, 208, 209, 210, 211, 212, 213, 214, 215, 216, 217, 218, 219, 220, 221, 222, 223, 224, 225, 226, 227, 228, 229, 230, 231, 232, 233, 234, 235, 236, 237, 238, 239, 240, 241, 242, 243, 244, 245, 246, 247, 248, 249, 250, 251, 252, 253, 254, 255, 256, 257, 258, 259, 260, 261, 262, 263, 264, 265, 266, 267, 268, 269, 270, 271, 272, 273, 274, 275, 276, 277, 278, 279, 280, 281, 282, 283, 284, 285, 286, 287, 288, 289, 290, 291, 292, 293, 294, 295, 296, 297, 298, 299, 300, 301, 302, 303, 304, 305, 306, 307, 308, 309, 310, 311, 312, 313, 314, 315, 316, 317, 318, 319, 320, 321, 322, 323, 324, 325, 326, 327, 328, 329, 330, 331, 332, 333, 334, 335, 336, 337, 338, 339, 340, 341, 342, 343, 344, 345, 346, 347, 348, 349, 350, 351, 352, 353, 354, 355, 356, 357, 358, 359, 360, 361, 362, 363, 364, 365, 366, 367, 368, 369, 370, 371, 372, 373, 374, 375, 376, 377, 378, 379, 380, 381, 382, 383, 384, 385, 386, 387, 388, 389, 390, 391, 392, 393, 394, 395, 396, 397, 398, 399, 400, 401, 402, 403, 404, 405, 406, 407, 408, 409, 410, 411, 412, 413, 414, 415, 416, 417, 418, 419, 420, 421, 422, 423, 424, 425, 426, 427, 428, 429, 430, 431, 432, 433, 434, 435, 436, 437, 438, 439, 440, 441, 442, 443, 444, 445, 446, 447, 448, 449, 450, 451, 452, 453, 454, 455, 456, 457, 458, 459, 460, 461, 462, 463, 464, 465, 466, 467, 468, 469, 470, 471, 472, 473, 474, 475, 476, 477, 478, 479, 480, 481, 482, 483, 484, 485, 486, 487, 488, 489, 490, 491, 492, 493, 494, 495, 496, 497, 498, 499, 500, 501, 502, 503, 504, 505, 506, 507, 508, 509, 510, 511, 512, 513, 514, 515, 516, 517, 518, 519, 520, 521, 522, 523, 524, 525, 526, 527, 528, 529, 530, 531, 532, 533, 534, 535, 536, 537, 538, 539, 540, 541, 542, 543, 544, 545, 546, 547, 548, 549, 550, 551, 552, 553, 554, 555, 556, 557, 558, 559, 560, 561, 562, 563, 564, 565, 566, 567, 568, 569, 570, 571, 572, 573, 574, 575, 576, 577, 578, 579, 580, 581, 582, 583, 584, 585, 586, 587, 588, 589, 590, 591, 592, 593, 594, 595, 596, 597, 598, 599, 600], "AcquisitionTime": ["072358.650000", "072427.650000", "072428.650000", "072429.650000", "072430.650000", "072431.650000", "072432.650000", "072433.650000", "072434.650000", "072435.650000", "072436.650000", "072437.650000", "072438.650000", "072439.650000", "072440.650000", "072441.650000", "072442.650000", "072443.650000", "072444.650000", "072445.650000", "072446.650000", "072447.650000", "072448.650000", "072449.650000", "072450.650000", "072451.650000", "072452.650000", "072453.650000", "072454.650000", "072455.650000", "072456.650000", "072457.650000", "072458.650000", "072459.650000", "072500.650000", "072501.650000", "072502.650000", "072503.650000", "072504.650000", "072505.650000", "072506.650000", "072507.650000", "072508.650000", "072509.650000", "072510.650000", "072511.650000", "072512.650000", "072513.650000", "072514.650000", "072515.650000", "072516.650000", "072517.650000", "072518.650000", "072519.650000", "072520.650000", "072521.650000", "072522.650000", "072523.650000", "072524.650000", "072525.650000", "072526.650000", "072527.650000", "072528.650000", "072529.650000", "072530.650000", "072531.650000", "072532.650000", "072533.650000", "072534.650000", "072535.650000", "072536.650000", "072537.650000", "072538.650000", "072539.650000", "072540.650000", "072541.650000", "072542.650000", "072543.650000", "072544.650000", "072545.650000", "072546.650000", "072547.650000", "072548.650000", "072549.650000", "072550.650000", "072551.650000", "072552.650000", "072553.650000", "072554.650000", "072555.650000", "072556.650000", "072557.650000", "072558.650000", "072559.650000", "072600.650000", "072601.650000", "072602.650000", "072603.650000", "072604.650000", "072605.650000", "072606.650000", "072607.650000", "072608.650000", "072609.650000", "072610.650000", "072611.650000", "072612.650000", "072613.650000", "072614.650000", "072615.650000", "072616.650000", "072617.650000", "072618.650000", "072619.650000", "072620.650000", "072621.650000", "072622.650000", "072623.650000", "072624.650000", "072625.650000", "072626.650000", "072627.650000", "072628.650000", "072629.650000", "072630.650000", "072631.650000", "072632.650000", "072633.650000", "072634.650000", "072635.650000", "072636.650000", "072637.650000", "072638.650000", "072639.650000", "072640.650000", "072641.650000", "072642.650000", "072643.650000", "072644.650000", "072645.650000", "072646.650000", "072647.650000", "072648.650000", "072649.650000", "072650.650000", "072651.650000", "072652.650000", "072653.650000", "072654.650000", "072655.650000", "072656.650000", "072657.650000", "072658.650000", "072659.650000", "072700.650000", "072701.650000", "072702.650000", "072703.650000", "072704.650000", "072705.650000", "072706.650000", "072707.650000", "072708.650000", "072709.650000", "072710.650000", "072711.650000", "072712.650000", "072713.650000", "072714.650000", "072715.650000", "072716.650000", "072717.650000", "072718.650000", "072719.650000", "072720.650000", "072721.650000", "072722.650000", "072723.650000", "072724.650000", "072725.650000", "072726.650000", "072727.650000", "072728.650000", "072729.650000", "072730.650000", "072731.650000", "072732.650000", "072733.650000", "072734.650000", "072735.650000", "072736.650000", "072737.650000", "072738.650000", "072739.650000", "072740.650000", "072741.650000", "072742.650000", "072743.650000", "072744.650000", "072745.650000", "072746.650000", "072747.650000", "072748.650000", "072749.650000", "072750.650000", "072751.650000", "072752.650000", "072753.650000", "072754.650000", "072755.650000", "072756.650000", "072757.650000", "072758.650000", "072759.650000", "072800.650000", "072801.650000", "072802.650000", "072803.650000", "072804.650000", "072805.650000", "072806.650000", "072807.650000", "072808.650000", "072809.650000", "072810.650000", "072811.650000", "072812.650000", "072813.650000", "072814.650000", "072815.650000", "072816.650000", "072817.650000", "072818.650000", "072819.650000", "072820.650000", "072821.650000", "072822.650000", "072823.650000", "072824.650000", "072825.650000", "072826.650000", "072827.650000", "072828.650000", "072829.650000", "072830.650000", "072831.650000", "072832.650000", "072833.650000", "072834.650000", "072835.650000", "072836.650000", "072837.650000", "072838.650000", "072839.650000", "072840.650000", "072841.650000", "072842.650000", "072843.650000", "072844.650000", "072845.650000", "072846.650000", "072847.650000", "072848.650000", "072849.650000", "072850.650000", "072851.650000", "072852.650000", "072853.650000", "072854.650000", "072855.650000", "072856.650000", "072857.650000", "072858.650000", "072859.650000", "072900.650000", "072901.650000", "072902.650000", "072903.650000", "072904.650000", "072905.650000", "072906.650000", "072907.650000", "072908.650000", "072909.650000", "072910.650000", "072911.650000", "072912.650000", "072913.650000", "072914.650000", "072915.650000", "072916.650000", "072917.650000", "072918.650000", "072919.650000", "072920.650000", "072921.650000", "072922.650000", "072923.650000", "072924.650000", "072925.650000", "072926.650000", "072927.650000", "072928.650000", "072929.650000", "072930.650000", "072931.650000", "072932.650000", "072933.650000", "072934.650000", "072935.650000", "072936.650000", "072937.650000", "072938.650000", "072939.650000", "072940.650000", "072941.650000", "072942.650000", "072943.650000", "072944.650000", "072945.650000", "072946.650000", "072947.650000", "072948.650000", "072949.650000", "072950.650000", "072951.650000", "072952.650000", "072953.650000", "072954.650000", "072955.650000", "072956.650000", "072957.650000", "072958.650000", "072959.650000", "073000.650000", "073001.650000", "073002.650000", "073003.650000", "073004.650000", "073005.650000", "073006.650000", "073007.650000", "073008.650000", "073009.650000", "073010.650000", "073011.650000", "073012.650000", "073013.650000", "073014.650000", "073015.650000", "073016.650000", "073017.650000", "073018.650000", "073019.650000", "073020.650000", "073021.650000", "073022.650000", "073023.650000", "073024.650000", "073025.650000", "073026.650000", "073027.650000", "073028.650000", "073029.650000", "073030.650000", "073031.650000", "073032.650000", "073033.650000", "073034.650000", "073035.650000", "073036.650000", "073037.650000", "073038.650000", "073039.650000", "073040.650000", "073041.650000", "073042.650000", "073043.650000", "073044.650000", "073045.650000", "073046.650000", "073047.650000", "073048.650000", "073049.650000", "073050.650000", "073051.650000", "073052.650000", "073053.650000", "073054.650000", "073055.650000", "073056.650000", "073057.650000", "073058.650000", "073059.650000", "073100.650000", "073101.650000", "073102.650000", "073103.650000", "073104.650000", "073105.650000", "073106.650000", "073107.650000", "073108.650000", "073109.650000", "073110.650000", "073111.650000", "073112.650000", "073113.650000", "073114.650000", "073115.650000", "073116.650000", "073117.650000", "073118.650000", "073119.650000", "073120.650000", "073121.650000", "073122.650000", "073123.650000", "073124.650000", "073125.650000", "073126.650000", "073127.650000", "073128.650000", "073129.650000", "073130.650000", "073131.650000", "073132.650000", "073133.650000", "073134.650000", "073135.650000", "073136.650000", "073137.650000", "073138.650000", "073139.650000", "073140.650000", "073141.650000", "073142.650000", "073143.650000", "073144.650000", "073145.650000", "073146.650000", "073147.650000", "073148.650000", "073149.650000", "073150.650000", "073151.650000", "073152.650000", "073153.650000", "073154.650000", "073155.650000", "073156.650000", "073157.650000", "073158.650000", "073159.650000", "073200.650000", "073201.650000", "073202.650000", "073203.650000", "073204.650000", "073205.650000", "073206.650000", "073207.650000", "073208.650000", "073209.650000", "073210.650000", "073211.650000", "073212.650000", "073213.650000", "073214.650000", "073215.650000", "073216.650000", "073217.650000", "073218.650000", "073219.650000", "073220.650000", "073221.650000", "073222.650000", "073223.650000", "073224.650000", "073225.650000", "073226.650000", "073227.650000", "073228.650000", "073229.650000", "073230.650000", "073231.650000", "073232.650000", "073233.650000", "073234.650000", "073235.650000", "073236.650000", "073237.650000", "073238.650000", "073239.650000", "073240.650000", "073241.650000", "073242.650000", "073243.650000", "073244.650000", "073245.650000", "073246.650000", "073247.650000", "073248.650000", "073249.650000", "073250.650000", "073251.650000", "073252.650000", "073253.650000", "073254.650000", "073255.650000", "073256.650000", "073257.650000", "073258.650000", "073259.650000", "073300.650000", "073301.650000", "073302.650000", "073303.650000", "073304.650000", "073305.650000", "073306.650000", "073307.650000", "073308.650000", "073309.650000", "073310.650000", "073311.650000", "073312.650000", "073313.650000", "073314.650000", "073315.650000", "073316.650000", "073317.650000", "073318.650000", "073319.650000", "073320.650000", "073321.650000", "073322.650000", "073323.650000", "073324.650000", "073325.650000", "073326.650000", "073327.650000", "073328.650000", "073329.650000", "073330.650000", "073331.650000", "073332.650000", "073333.650000", "073334.650000", "073335.650000", "073336.650000", "073337.650000", "073338.650000", "073339.650000", "073340.650000", "073341.650000", "073342.650000", "073343.650000", "073344.650000", "073345.650000", "073346.650000", "073347.650000", "073348.650000", "073349.650000", "073350.650000", "073351.650000", "073352.650000", "073353.650000", "073354.650000", "073355.650000", "073356.650000", "073357.650000", "073358.650000", "073359.650000", "073400.650000", "073401.650000", "073402.650000", "073403.650000", "073404.650000", "073405.650000", "073406.650000", "073407.650000", "073408.650000", "073409.650000", "073410.650000", "073411.650000", "073412.650000", "073413.650000", "073414.650000", "073415.650000", "073416.650000", "073417.650000", "073418.650000", "073419.650000", "073420.650000", "073421.650000", "073422.650000", "073423.650000", "073424.650000", "073425.650000"], "ContentTime": ["072442.000000", "072451.156000", "072451.171000", "072451.171000", "072451.171000", "072451.171000", "072451.187000", "072451.187000", "072456.156000", "072456.171000", "072456.171000", "072501.156000", "072501.171000", "072501.171000", "072506.156000", "072506.171000", "072506.171000", "072511.156000", "072511.171000", "072511.171000", "072516.156000", "072516.171000", "072516.171000", "072521.156000", "072521.171000", "072521.171000", "072521.171000", "072526.156000", "072526.171000", "072526.171000", "072531.156000", "072531.171000", "072531.171000", "072536.156000", "072536.171000", "072536.171000", "072541.156000", "072541.171000", "072541.171000", "072546.156000", "072546.171000", "072546.171000", "072551.156000", "072551.171000", "072551.171000", "072551.171000", "072556.156000", "072556.171000", "072556.171000", "072601.156000", "072601.171000", "072601.171000", "072606.156000", "072606.171000", "072606.171000", "072611.156000", "072611.171000", "072611.171000", "072616.156000", "072616.171000", "072616.171000", "072621.156000", "072621.171000", "072621.171000", "072626.156000", "072626.171000", "072626.171000", "072626.171000", "072631.156000", "072631.171000", "072631.171000", "072636.156000", "072636.171000", "072636.171000", "072641.156000", "072641.171000", "072641.171000", "072646.156000", "072646.171000", "072646.171000", "072651.156000", "072651.171000", "072651.171000", "072651.171000", "072656.156000", "072656.171000", "072656.171000", "072701.156000", "072701.171000", "072701.171000", "072706.156000", "072706.171000", "072706.171000", "072711.156000", "072711.171000", "072711.171000", "072716.156000", "072716.171000", "072716.171000", "072721.156000", "072721.171000", "072721.171000", "072721.171000", "072726.156000", "072726.171000", "072726.171000", "072731.156000", "072731.171000", "072731.171000", "072736.171000", "072736.171000", "072736.171000", "072741.156000", "072741.171000", "072741.171000", "072746.156000", "072746.171000", "072746.171000", "072751.156000", "072751.171000", "072751.171000", "072756.156000", "072756.171000", "072756.171000", "072801.156000", "072801.171000", "072801.171000", "072801.171000", "072806.156000", "072806.171000", "072806.171000", "072811.156000", "072811.187000", "072811.203000", "072816.156000", "072816.171000", "072816.171000", "072821.156000", "072821.171000", "072821.171000", "072826.156000", "072826.171000", "072826.171000", "072826.171000", "072831.156000", "072831.171000", "072831.171000", "072836.156000", "072836.171000", "072836.171000", "072841.156000", "072841.171000", "072841.171000", "072846.156000", "072846.171000", "072846.171000", "072851.156000", "072851.171000", "072851.171000", "072851.171000", "072856.156000", "072856.171000", "072856.171000", "072901.156000", "072901.171000", "072901.171000", "072906.156000", "072906.171000", "072906.171000", "072911.156000", "072911.171000", "072911.171000", "072916.156000", "072916.171000", "072916.171000", "072921.171000", "072921.187000", "072921.187000", "072926.156000", "072926.171000", "072926.171000", "072931.156000", "072931.171000", "072931.171000", "072931.171000", "072936.156000", "072936.171000", "072936.171000", "072941.156000", "072941.171000", "072941.171000", "072946.156000", "072946.171000", "072946.171000", "072951.156000", "072951.171000", "072951.171000", "072956.156000", "072956.171000", "072956.171000", "073001.156000", "073001.171000", "073001.171000", "073006.156000", "073006.171000", "073006.171000", "073011.156000", "073011.171000", "073011.171000", "073016.156000", "073016.171000", "073016.171000", "073016.171000", "073021.156000", "073021.171000", "073021.171000", "073026.156000", "073026.171000", "073026.187000", "073031.156000", "073031.171000", "073031.171000", "073036.156000", "073036.171000", "073036.171000", "073041.156000", "073041.171000", "073041.171000", "073046.156000", "073046.171000", "073046.171000", "073046.171000", "073051.156000", "073051.171000", "073051.171000", "073056.156000", "073056.171000", "073056.171000", "073101.156000", "073101.171000", "073101.171000", "073106.156000", "073106.171000", "073111.156000", "073111.171000", "073111.171000", "073116.156000", "073116.171000", "073116.171000", "073121.156000", "073121.171000", "073121.171000", "073126.156000", "073126.171000", "073126.171000", "073126.171000", "073131.156000", "073131.171000", "073131.171000", "073136.156000", "073136.171000", "073136.187000", "073141.156000", "073141.171000", "073141.171000", "073146.156000", "073146.171000", "073146.171000", "073151.156000", "073151.171000", "073151.171000", "073156.156000", "073156.171000", "073156.171000", "073156.171000", "073201.156000", "073201.171000", "073201.171000", "073206.156000", "073206.171000", "073206.171000", "073211.156000", "073211.171000", "073211.171000", "073216.156000", "073216.171000", "073216.171000", "073221.156000", "073221.171000", "073221.171000", "073226.156000", "073226.171000", "073226.171000", "073226.171000", "073231.156000", "073231.171000", "073231.171000", "073236.156000", "073236.171000", "073236.171000", "073241.156000", "073241.171000", "073241.171000", "073246.156000", "073246.171000", "073246.171000", "073251.156000", "073251.171000", "073251.171000", "073256.156000", "073256.171000", "073256.171000", "073256.171000", "073301.156000", "073301.171000", "073301.171000", "073306.156000", "073306.171000", "073306.171000", "073311.156000", "073311.171000", "073311.171000", "073316.156000", "073316.171000", "073316.171000", "073321.156000", "073321.171000", "073321.171000", "073326.156000", "073326.171000", "073326.171000", "073326.171000", "073331.156000", "073331.171000", "073331.171000", "073336.156000", "073336.171000", "073336.171000", "073341.156000", "073341.171000", "073341.171000", "073346.156000", "073346.171000", "073346.171000", "073351.156000", "073351.171000", "073351.171000", "073356.156000", "073356.171000", "073356.171000", "073356.171000", "073401.156000", "073401.171000", "073401.171000", "073406.156000", "073406.171000", "073406.171000", "073411.156000", "073411.171000", "073411.171000", "073416.156000", "073416.171000", "073416.171000", "073421.156000", "073421.171000", "073421.171000", "073426.156000", "073426.171000", "073426.171000", "073426.171000", "073431.156000", "073431.171000", "073431.171000", "073436.156000", "073436.171000", "073436.171000", "073441.156000", "073441.171000", "073441.171000", "073441.171000", "073446.156000", "073446.171000", "073446.171000", "073451.156000", "073451.171000", "073451.171000", "073451.171000", "073456.156000", "073456.171000", "073456.171000", "073501.156000", "073501.171000", "073501.171000", "073506.156000", "073506.171000", "073506.171000", "073511.156000", "073511.171000", "073511.171000", "073511.187000", "073516.156000", "073516.171000", "073516.171000", "073521.156000", "073521.171000", "073521.171000", "073526.156000", "073526.171000", "073526.171000", "073531.156000", "073531.171000", "073531.171000", "073531.171000", "073536.156000", "073536.171000", "073536.171000", "073541.156000", "073541.171000", "073541.171000", "073546.156000", "073546.171000", "073546.171000", "073551.156000", "073551.171000", "073551.171000", "073551.171000", "073556.156000", "073556.171000", "073556.171000", "073601.156000", "073601.171000", "073601.171000", "073601.171000", "073606.156000", "073606.171000", "073606.171000", "073611.156000", "073611.171000", "073611.171000", "073616.156000", "073616.171000", "073616.171000", "073616.171000", "073621.156000", "073621.171000", "073621.171000", "073626.156000", "073626.171000", "073626.171000", "073631.156000", "073631.171000", "073631.171000", "073631.171000", "073636.156000", "073636.171000", "073636.171000", "073641.156000", "073641.171000", "073641.171000", "073646.156000", "073646.171000", "073646.171000", "073651.156000", "073651.171000", "073651.171000", "073651.171000", "073656.156000", "073656.171000", "073656.171000", "073701.156000", "073701.171000", "073701.171000", "073706.156000", "073706.171000", "073706.171000", "073711.156000", "073711.171000", "073711.171000", "073711.171000", "073716.156000", "073716.171000", "073716.171000", "073721.156000", "073721.171000", "073721.171000", "073726.156000", "073726.171000", "073726.171000", "073731.156000", "073731.171000", "073731.171000", "073736.156000", "073736.171000", "073736.171000", "073736.171000", "073741.156000", "073741.171000", "073741.171000", "073746.156000", "073746.171000", "073746.171000", "073751.156000", "073751.171000", "073751.171000", "073756.156000", "073756.171000", "073756.171000", "073756.171000", "073801.156000", "073801.171000", "073801.171000", "073806.156000", "073806.171000", "073806.171000", "073811.156000", "073811.171000", "073811.187000", "073811.187000", "073816.156000", "073816.171000", "073816.171000", "073821.156000", "073821.171000", "073821.171000", "073826.156000", "073826.171000", "073826.171000", "073831.156000", "073831.171000", "073831.171000", "073831.171000", "073836.156000", "073836.171000", "073836.171000", "073841.156000", "073841.171000", "073841.171000", "073846.156000", "073846.171000", "073846.171000", "073851.156000", "073851.171000", "073851.171000", "073851.171000", "073856.156000", "073856.171000", "073856.171000", "073901.156000", "073901.171000", "073901.171000", "073906.156000", "073906.171000", "073906.171000", "073911.156000", "073911.171000", "073911.171000", "073916.156000", "073916.171000", "073916.171000", "073921.156000", "073921.171000", "073921.171000", "073921.171000", "073926.156000", "073926.171000", "073926.171000", "073931.156000", "073931.171000", "073931.171000", "073936.156000", "073936.171000", "073936.171000", "073936.171000", "073941.156000", "073941.171000", "073941.171000", "073946.156000", "073946.171000", "073946.171000", "073951.156000", "073951.171000", "073951.171000", "073951.171000", "073956.156000", "073956.203000", "073956.203000", "074001.156000", "074001.171000", "074001.171000", "074006.156000", "074006.171000", "074006.171000", "074006.171000", "074011.156000", "074011.171000", "074011.171000", "074016.156000", "074016.171000", "074016.171000", "074017.281000"], "InstanceCreationTime": ["072442.000000", "072451.156000", "072451.171000", "072451.171000", "072451.171000", "072451.171000", "072451.187000", "072451.187000", "072456.156000", "072456.171000", "072456.171000", "072501.156000", "072501.171000", "072501.171000", "072506.156000", "072506.171000", "072506.171000", "072511.156000", "072511.171000", "072511.171000", "072516.156000", "072516.171000", "072516.171000", "072521.156000", "072521.171000", "072521.171000", "072521.171000", "072526.156000", "072526.171000", "072526.171000", "072531.156000", "072531.171000", "072531.171000", "072536.156000", "072536.171000", "072536.171000", "072541.156000", "072541.171000", "072541.171000", "072546.156000", "072546.171000", "072546.171000", "072551.156000", "072551.171000", "072551.171000", "072551.171000", "072556.156000", "072556.171000", "072556.171000", "072601.156000", "072601.171000", "072601.171000", "072606.156000", "072606.171000", "072606.171000", "072611.156000", "072611.171000", "072611.171000", "072616.156000", "072616.171000", "072616.171000", "072621.156000", "072621.171000", "072621.171000", "072626.156000", "072626.171000", "072626.171000", "072626.171000", "072631.156000", "072631.171000", "072631.171000", "072636.156000", "072636.171000", "072636.171000", "072641.156000", "072641.171000", "072641.171000", "072646.156000", "072646.171000", "072646.171000", "072651.156000", "072651.171000", "072651.171000", "072651.171000", "072656.156000", "072656.171000", "072656.171000", "072701.156000", "072701.171000", "072701.171000", "072706.156000", "072706.171000", "072706.171000", "072711.156000", "072711.171000", "072711.171000", "072716.156000", "072716.171000", "072716.171000", "072721.156000", "072721.171000", "072721.171000", "072721.171000", "072726.156000", "072726.171000", "072726.171000", "072731.156000", "072731.171000", "072731.171000", "072736.171000", "072736.171000", "072736.171000", "072741.156000", "072741.171000", "072741.171000", "072746.156000", "072746.171000", "072746.171000", "072751.156000", "072751.171000", "072751.171000", "072756.156000", "072756.171000", "072756.171000", "072801.156000", "072801.171000", "072801.171000", "072801.171000", "072806.156000", "072806.171000", "072806.171000", "072811.156000", "072811.187000", "072811.203000", "072816.156000", "072816.171000", "072816.171000", "072821.156000", "072821.171000", "072821.171000", "072826.156000", "072826.171000", "072826.171000", "072826.171000", "072831.156000", "072831.171000", "072831.171000", "072836.156000", "072836.171000", "072836.171000", "072841.156000", "072841.171000", "072841.171000", "072846.156000", "072846.171000", "072846.171000", "072851.156000", "072851.171000", "072851.171000", "072851.171000", "072856.156000", "072856.171000", "072856.171000", "072901.156000", "072901.171000", "072901.171000", "072906.156000", "072906.171000", "072906.171000", "072911.156000", "072911.171000", "072911.171000", "072916.156000", "072916.171000", "072916.171000", "072921.171000", "072921.187000", "072921.187000", "072926.156000", "072926.171000", "072926.171000", "072931.156000", "072931.171000", "072931.171000", "072931.171000", "072936.156000", "072936.171000", "072936.171000", "072941.156000", "072941.171000", "072941.171000", "072946.156000", "072946.171000", "072946.171000", "072951.156000", "072951.171000", "072951.171000", "072956.156000", "072956.171000", "072956.171000", "073001.156000", "073001.171000", "073001.171000", "073006.156000", "073006.171000", "073006.171000", "073011.156000", "073011.171000", "073011.171000", "073016.156000", "073016.171000", "073016.171000", "073016.171000", "073021.156000", "073021.171000", "073021.171000", "073026.156000", "073026.171000", "073026.187000", "073031.156000", "073031.171000", "073031.171000", "073036.156000", "073036.171000", "073036.171000", "073041.156000", "073041.171000", "073041.171000", "073046.156000", "073046.171000", "073046.171000", "073046.171000", "073051.156000", "073051.171000", "073051.171000", "073056.156000", "073056.171000", "073056.171000", "073101.156000", "073101.171000", "073101.171000", "073106.156000", "073106.171000", "073111.156000", "073111.171000", "073111.171000", "073116.156000", "073116.171000", "073116.171000", "073121.156000", "073121.171000", "073121.171000", "073126.156000", "073126.171000", "073126.171000", "073126.171000", "073131.156000", "073131.171000", "073131.171000", "073136.156000", "073136.171000", "073136.187000", "073141.156000", "073141.171000", "073141.171000", "073146.156000", "073146.171000", "073146.171000", "073151.156000", "073151.171000", "073151.171000", "073156.156000", "073156.171000", "073156.171000", "073156.171000", "073201.156000", "073201.171000", "073201.171000", "073206.156000", "073206.171000", "073206.171000", "073211.156000", "073211.171000", "073211.171000", "073216.156000", "073216.171000", "073216.171000", "073221.156000", "073221.171000", "073221.171000", "073226.156000", "073226.171000", "073226.171000", "073226.171000", "073231.156000", "073231.171000", "073231.171000", "073236.156000", "073236.171000", "073236.171000", "073241.156000", "073241.171000", "073241.171000", "073246.156000", "073246.171000", "073246.171000", "073251.156000", "073251.171000", "073251.171000", "073256.156000", "073256.171000", "073256.171000", "073256.171000", "073301.156000", "073301.171000", "073301.171000", "073306.156000", "073306.171000", "073306.171000", "073311.156000", "073311.171000", "073311.171000", "073316.156000", "073316.171000", "073316.171000", "073321.156000", "073321.171000", "073321.171000", "073326.156000", "073326.171000", "073326.171000", "073326.171000", "073331.156000", "073331.171000", "073331.171000", "073336.156000", "073336.171000", "073336.171000", "073341.156000", "073341.171000", "073341.171000", "073346.156000", "073346.171000", "073346.171000", "073351.156000", "073351.171000", "073351.171000", "073356.156000", "073356.171000", "073356.171000", "073356.171000", "073401.156000", "073401.171000", "073401.171000", "073406.156000", "073406.171000", "073406.171000", "073411.156000", "073411.171000", "073411.171000", "073416.156000", "073416.171000", "073416.171000", "073421.156000", "073421.171000", "073421.171000", "073426.156000", "073426.171000", "073426.171000", "073426.171000", "073431.156000", "073431.171000", "073431.171000", "073436.156000", "073436.171000", "073436.171000", "073441.156000", "073441.171000", "073441.171000", "073441.171000", "073446.156000", "073446.171000", "073446.171000", "073451.156000", "073451.171000", "073451.171000", "073451.171000", "073456.156000", "073456.171000", "073456.171000", "073501.156000", "073501.171000", "073501.171000", "073506.156000", "073506.171000", "073506.171000", "073511.156000", "073511.171000", "073511.171000", "073511.187000", "073516.156000", "073516.171000", "073516.171000", "073521.156000", "073521.171000", "073521.171000", "073526.156000", "073526.171000", "073526.171000", "073531.156000", "073531.171000", "073531.171000", "073531.171000", "073536.156000", "073536.171000", "073536.171000", "073541.156000", "073541.171000", "073541.171000", "073546.156000", "073546.171000", "073546.171000", "073551.156000", "073551.171000", "073551.171000", "073551.171000", "073556.156000", "073556.171000", "073556.171000", "073601.156000", "073601.171000", "073601.171000", "073601.171000", "073606.156000", "073606.171000", "073606.171000", "073611.156000", "073611.171000", "073611.171000", "073616.156000", "073616.171000", "073616.171000", "073616.171000", "073621.156000", "073621.171000", "073621.171000", "073626.156000", "073626.171000", "073626.171000", "073631.156000", "073631.171000", "073631.171000", "073631.171000", "073636.156000", "073636.171000", "073636.171000", "073641.156000", "073641.171000", "073641.171000", "073646.156000", "073646.171000", "073646.171000", "073651.156000", "073651.171000", "073651.171000", "073651.171000", "073656.156000", "073656.171000", "073656.171000", "073701.156000", "073701.171000", "073701.171000", "073706.156000", "073706.171000", "073706.171000", "073711.156000", "073711.171000", "073711.171000", "073711.171000", "073716.156000", "073716.171000", "073716.171000", "073721.156000", "073721.171000", "073721.171000", "073726.156000", "073726.171000", "073726.171000", "073731.156000", "073731.171000", "073731.171000", "073736.156000", "073736.171000", "073736.171000", "073736.171000", "073741.156000", "073741.171000", "073741.171000", "073746.156000", "073746.171000", "073746.171000", "073751.156000", "073751.171000", "073751.171000", "073756.156000", "073756.171000", "073756.171000", "073756.171000", "073801.156000", "073801.171000", "073801.171000", "073806.156000", "073806.171000", "073806.171000", "073811.156000", "073811.171000", "073811.187000", "073811.187000", "073816.156000", "073816.171000", "073816.171000", "073821.156000", "073821.171000", "073821.171000", "073826.156000", "073826.171000", "073826.171000", "073831.156000", "073831.171000", "073831.171000", "073831.171000", "073836.156000", "073836.171000", "073836.171000", "073841.156000", "073841.171000", "073841.171000", "073846.156000", "073846.171000", "073846.171000", "073851.156000", "073851.171000", "073851.171000", "073851.171000", "073856.156000", "073856.171000", "073856.171000", "073901.156000", "073901.171000", "073901.171000", "073906.156000", "073906.171000", "073906.171000", "073911.156000", "073911.171000", "073911.171000", "073916.156000", "073916.171000", "073916.171000", "073921.156000", "073921.171000", "073921.171000", "073921.171000", "073926.156000", "073926.171000", "073926.171000", "073931.156000", "073931.171000", "073931.171000", "073936.156000", "073936.171000", "073936.171000", "073936.171000", "073941.156000", "073941.171000", "073941.171000", "073946.156000", "073946.171000", "073946.171000", "073951.156000", "073951.171000", "073951.171000", "073951.171000", "073956.156000", "073956.203000", "073956.203000", "074001.156000", "074001.171000", "074001.171000", "074006.156000", "074006.171000", "074006.171000", "074006.171000", "074011.156000", "074011.171000", "074011.171000", "074016.156000", "074016.171000", "074016.171000", "074017.281000"], "InstanceNumber": [1, 2, 3, 4, 5, 6, 7, 8, 9, 10, 11, 12, 13, 14, 15, 16, 17, 18, 19, 20, 21, 22, 23, 24, 25, 26, 27, 28, 29, 30, 31, 32, 33, 34, 35, 36, 37, 38, 39, 40, 41, 42, 43, 44, 45, 46, 47, 48, 49, 50, 51, 52, 53, 54, 55, 56, 57, 58, 59, 60, 61, 62, 63, 64, 65, 66, 67, 68, 69, 70, 71, 72, 73, 74, 75, 76, 77, 78, 79, 80, 81, 82, 83, 84, 85, 86, 87, 88, 89, 90, 91, 92, 93, 94, 95, 96, 97, 98, 99, 100, 101, 102, 103, 104, 105, 106, 107, 108, 109, 110, 111, 112, 113, 114, 115, 116, 117, 118, 119, 120, 121, 122, 123, 124, 125, 126, 127, 128, 129, 130, 131, 132, 133, 134, 135, 136, 137, 138, 139, 140, 141, 142, 143, 144, 145, 146, 147, 148, 149, 150, 151, 152, 153, 154, 155, 156, 157, 158, 159, 160, 161, 162, 163, 164, 165, 166, 167, 168, 169, 170, 171, 172, 173, 174, 175, 176, 177, 178, 179, 180, 181, 182, 183, 184, 185, 186, 187, 188, 189, 190, 191, 192, 193, 194, 195, 196, 197, 198, 199, 200, 201, 202, 203, 204, 205, 206, 207, 208, 209, 210, 211, 212, 213, 214, 215, 216, 217, 218, 219, 220, 221, 222, 223, 224, 225, 226, 227, 228, 229, 230, 231, 232, 233, 234, 235, 236, 237, 238, 239, 240, 241, 242, 243, 244, 245, 246, 247, 248, 249, 250, 251, 252, 253, 254, 255, 256, 257, 258, 259, 260, 261, 262, 263, 264, 265, 266, 267, 268, 269, 270, 271, 272, 273, 274, 275, 276, 277, 278, 279, 280, 281, 282, 283, 284, 285, 286, 287, 288, 289, 290, 291, 292, 293, 294, 295, 296, 297, 298, 299, 300, 301, 302, 303, 304, 305, 306, 307, 308, 309, 310, 311, 312, 313, 314, 315, 316, 317, 318, 319, 320, 321, 322, 323, 324, 325, 326, 327, 328, 329, 330, 331, 332, 333, 334, 335, 336, 337, 338, 339, 340, 341, 342, 343, 344, 345, 346, 347, 348, 349, 350, 351, 352, 353, 354, 355, 356, 357, 358, 359, 360, 361, 362, 363, 364, 365, 366, 367, 368, 369, 370, 371, 372, 373, 374, 375, 376, 377, 378, 379, 380, 381, 382, 383, 384, 385, 386, 387, 388, 389, 390, 391, 392, 393, 394, 395, 396, 397, 398, 399, 400, 401, 402, 403, 404, 405, 406, 407, 408, 409, 410, 411, 412, 413, 414, 415, 416, 417, 418, 419, 420, 421, 422, 423, 424, 425, 426, 427, 428, 429, 430, 431, 432, 433, 434, 435, 436, 437, 438, 439, 440, 441, 442, 443, 444, 445, 446, 447, 448, 449, 450, 451, 452, 453, 454, 455, 456, 457, 458, 459, 460, 461, 462, 463, 464, 465, 466, 467, 468, 469, 470, 471, 472, 473, 474, 475, 476, 477, 478, 479, 480, 481, 482, 483, 484, 485, 486, 487, 488, 489, 490, 491, 492, 493, 494, 495, 496, 497, 498, 499, 500, 501, 502, 503, 504, 505, 506, 507, 508, 509, 510, 511, 512, 513, 514, 515, 516, 517, 518, 519, 520, 521, 522, 523, 524, 525, 526, 527, 528, 529, 530, 531, 532, 533, 534, 535, 536, 537, 538, 539, 540, 541, 542, 543, 544, 545, 546, 547, 548, 549, 550, 551, 552, 553, 554, 555, 556, 557, 558, 559, 560, 561, 562, 563, 564, 565, 566, 567, 568, 569, 570, 571, 572, 573, 574, 575, 576, 577, 578, 579, 580, 581, 582, 583, 584, 585, 586, 587, 588, 589, 590, 591, 592, 593, 594, 595, 596, 597, 598, 599, 600], "LargestImagePixelValue": [19332, 21112, 20173, 23734, 19062, 23289, 19046, 21305, 23922, 18843, 23974, 20268, 25141, 18816, 22425, 18673, 23438, 19423, 24673, 18637, 20818, 25830, 18824, 21673, 19124, 23316, 20059, 20170, 24983, 21781, 19311, 22673, 19423, 25613, 20063, 21300, 24820, 19607, 20756, 19362, 20347, 22306, 21045, 22250, 20237, 22231, 24734, 18907, 22721, 21308, 20013, 22042, 19661, 20329, 25895, 18919, 22658, 20929, 18710, 26864, 21117, 19857, 21589, 20012, 19859, 21598, 20227, 22459, 26904, 20499, 19281, 26186, 21745, 19568, 26029, 20550, 19517, 20638, 23436, 18878, 21704, 21461, 19450, 26222, 26137, 20283, 20305, 24918, 20740, 23941, 22522, 18951, 21082, 25797, 18803, 23468, 22305, 21175, 22024, 19163, 19600, 26660, 19567, 23414, 21186, 19680, 20810, 19229, 24821, 20632, 25899, 20413, 25147, 20887, 21203, 23571, 18817, 24939, 20637, 21949, 19431, 26754, 19912, 21699, 20936, 24544, 19751, 19918, 22791, 19587, 21507, 21169, 19452, 23773, 19014, 24432, 20471, 21484, 21858, 19532, 24505, 19429, 23971, 18799, 23376, 21088, 20222, 21625, 22768, 21643, 18950, 27314, 19609, 20895, 21182, 24493, 19977, 23217, 25474, 20711, 20519, 25814, 20024, 24719, 22419, 19903, 20509, 24546, 20527, 19195, 23810, 19084, 24475, 21443, 20391, 21980, 18875, 27933, 19081, 25857, 21645, 18921, 21523, 20896, 19521, 24992, 19539, 22245, 19400, 21892, 26139, 18806, 25978, 19690, 21124, 23160, 18908, 22941, 20633, 19283, 22578, 19625, 21813, 22962, 19025, 22406, 19275, 24507, 20914, 19303, 27689, 21356, 18661, 26303, 19090, 21194, 21198, 18612, 26474, 21663, 19136, 20672, 19482, 22840, 22177, 28064, 21615, 26725, 23073, 25363, 21208, 24093, 22607, 20356, 23730, 20650, 21763, 27634, 21204, 25758, 21637, 20705, 25881, 20644, 20515, 25993, 22309, 20971, 26573, 20211, 21155, 26788, 20754, 19882, 25430, 21213, 23137, 22426, 20429, 27148, 20789, 20515, 27311, 20250, 20868, 22955, 21022, 27750, 20459, 21166, 27332, 19460, 25715, 21553, 24062, 21249, 19679, 25060, 22249, 19701, 24608, 21925, 20711, 22105, 19667, 21452, 28859, 20386, 19884, 21443, 19899, 21643, 20185, 19987, 23238, 27353, 21354, 21041, 26121, 22550, 20065, 19849, 20972, 20508, 20143, 27324, 21957, 19520, 28076, 20994, 19722, 21837, 21661, 20747, 26123, 24272, 20395, 19413, 23823, 21450, 26296, 22501, 20773, 21013, 28272, 20876, 19511, 26882, 22043, 20980, 28577, 22064, 20269, 24356, 22238, 20978, 27086, 21123, 19889, 27094, 21295, 20697, 27676, 21859, 20868, 28043, 21444, 19847, 22315, 23213, 21996, 25364, 22714, 19843, 23345, 24079, 21503, 25897, 22076, 20692, 26317, 23274, 20929, 24066, 24548, 21835, 24771, 27151, 22106, 19765, 23718, 22186, 20818, 23463, 21507, 20543, 25626, 21412, 21004, 27170, 20826, 23164, 21711, 19827, 22121, 20805, 19473, 28628, 20766, 19803, 28979, 21936, 19963, 26555, 20458, 22911, 21995, 20899, 20615, 28420, 21825, 21628, 21941, 19031, 22085, 24012, 19888, 20294, 22449, 20789, 26731, 19872, 21026, 25743, 23464, 20772, 20389, 20686, 19905, 23240, 20423, 24259, 21351, 19682, 25936, 20503, 25892, 21414, 19959, 23247, 19719, 23992, 20777, 22857, 21520, 20437, 27212, 21213, 19459, 26070, 20126, 22503, 21676, 19353, 27077, 21529, 24346, 22120, 20524, 25118, 20781, 19690, 23870, 20433, 20728, 23172, 19615, 20499, 27826, 20965, 19654, 25636, 20931, 20437, 26689, 21348, 19545, 20285, 24643, 20268, 22283, 21507, 20995, 22344, 24114, 19510, 19580, 27334, 19932, 20169, 26629, 22063, 20873, 21676, 20950, 21697, 20945, 19627, 22063, 21808, 20134, 24615, 21053, 20662, 23272, 26835, 21137, 19735, 24051, 20988, 21271, 22596, 21153, 20039, 25382, 20031, 20400, 22866, 20315, 23412, 21137, 20030, 25602, 23083, 21104, 25969, 20644, 20424, 28317, 22923, 26326, 23542, 28693, 24044, 31683, 21999, 28499, 27218, 20990, 25326, 30719, 21031, 20940, 32208, 21453, 22696, 30999, 25508, 22332, 23551, 23894, 30470, 22044, 21147, 29187, 29346, 22316, 21357, 27496, 22532, 20612, 23437, 29986, 19821, 24498, 22871, 21452, 30176, 22306, 20530, 30207, 22339, 20340, 29631, 21647, 24611, 21174, 19964, 28595, 24341, 20876, 30301, 21184, 20468, 30986, 21902, 21899, 22522, 21555, 25290, 21125, 24604, 30371, 21677, 21023, 26770, 21700, 25139, 21379, 22224, 25437, 27793, 21627, 25610, 23266, 20808, 28523, 21911, 20606, 29041], "WindowCenter": [9353.0, 9362.0, 9341.0, 9374.0, 9340.0, 9383.0, 9360.0, 9354.0, 9380.0, 9350.0, 9376.0, 9354.0, 9382.0, 9337.0, 9358.0, 9333.0, 9368.0, 9344.0, 9380.0, 9333.0, 9359.0, 9380.0, 9326.0, 9356.0, 9342.0, 9367.0, 9358.0, 9349.0, 9375.0, 9341.0, 9318.0, 9361.0, 9350.0, 9366.0, 9333.0, 9344.0, 9351.0, 9315.0, 9337.0, 9319.0, 9354.0, 9358.0, 9337.0, 9353.0, 9335.0, 9346.0, 9359.0, 9315.0, 9341.0, 9336.0, 9325.0, 9350.0, 9339.0, 9344.0, 9373.0, 9343.0, 9367.0, 9363.0, 9339.0, 9402.0, 9366.0, 9348.0, 9363.0, 9367.0, 9360.0, 9360.0, 9370.0, 9376.0, 9390.0, 9343.0, 9344.0, 9384.0, 9349.0, 9330.0, 9375.0, 9345.0, 9329.0, 9332.0, 9363.0, 9335.0, 9354.0, 9378.0, 9361.0, 9406.0, 9381.0, 9360.0, 9367.0, 9383.0, 9355.0, 9373.0, 9351.0, 9328.0, 9329.0, 9366.0, 9317.0, 9359.0, 9351.0, 9337.0, 9331.0, 9326.0, 9331.0, 9367.0, 9339.0, 9362.0, 9346.0, 9351.0, 9345.0, 9330.0, 9377.0, 9355.0, 9385.0, 9350.0, 9373.0, 9348.0, 9330.0, 9347.0, 9318.0, 9361.0, 9326.0, 9330.0, 9321.0, 9373.0, 9318.0, 9332.0, 9324.0, 9359.0, 9322.0, 9333.0, 9350.0, 9326.0, 9336.0, 9333.0, 9324.0, 9351.0, 9329.0, 9370.0, 9346.0, 9352.0, 9357.0, 9344.0, 9364.0, 9324.0, 9362.0, 9336.0, 9358.0, 9333.0, 9341.0, 9330.0, 9351.0, 9347.0, 9330.0, 9376.0, 9320.0, 9332.0, 9348.0, 9372.0, 9341.0, 9379.0, 9390.0, 9347.0, 9339.0, 9375.0, 9338.0, 9367.0, 9348.0, 9329.0, 9342.0, 9361.0, 9340.0, 9321.0, 9350.0, 9325.0, 9358.0, 9353.0, 9335.0, 9351.0, 9326.0, 9383.0, 9317.0, 9379.0, 9344.0, 9310.0, 9338.0, 9332.0, 9321.0, 9361.0, 9346.0, 9371.0, 9365.0, 9354.0, 9375.0, 9336.0, 9380.0, 9348.0, 9353.0, 9348.0, 9316.0, 9352.0, 9330.0, 9321.0, 9338.0, 9323.0, 9340.0, 9338.0, 9314.0, 9353.0, 9324.0, 9372.0, 9340.0, 9336.0, 9388.0, 9333.0, 9309.0, 9354.0, 9317.0, 9337.0, 9335.0, 9313.0, 9368.0, 9322.0, 9320.0, 9323.0, 9313.0, 9376.0, 9445.0, 9451.0, 9388.0, 9468.0, 9383.0, 9388.0, 9356.0, 9351.0, 9336.0, 9331.0, 9357.0, 9330.0, 9355.0, 9375.0, 9339.0, 9368.0, 9355.0, 9356.0, 9379.0, 9350.0, 9349.0, 9371.0, 9347.0, 9331.0, 9359.0, 9331.0, 9337.0, 9373.0, 9337.0, 9335.0, 9368.0, 9349.0, 9352.0, 9344.0, 9334.0, 9382.0, 9340.0, 9344.0, 9382.0, 9355.0, 9357.0, 9360.0, 9340.0, 9373.0, 9338.0, 9337.0, 9365.0, 9330.0, 9369.0, 9356.0, 9371.0, 9353.0, 9348.0, 9361.0, 9352.0, 9345.0, 9368.0, 9342.0, 9338.0, 9351.0, 9334.0, 9346.0, 9379.0, 9353.0, 9352.0, 9352.0, 9347.0, 9370.0, 9371.0, 9352.0, 9375.0, 9404.0, 9359.0, 9347.0, 9382.0, 9342.0, 9337.0, 9326.0, 9326.0, 9327.0, 9338.0, 9367.0, 9336.0, 9318.0, 9382.0, 9327.0, 9320.0, 9327.0, 9325.0, 9327.0, 9364.0, 9344.0, 9320.0, 9307.0, 9356.0, 9336.0, 9365.0, 9343.0, 9353.0, 9352.0, 9371.0, 9341.0, 9332.0, 9377.0, 9365.0, 9346.0, 9405.0, 9353.0, 9340.0, 9376.0, 9368.0, 9345.0, 9375.0, 9347.0, 9348.0, 9388.0, 9338.0, 9351.0, 9373.0, 9343.0, 9355.0, 9400.0, 9351.0, 9333.0, 9365.0, 9355.0, 9353.0, 9380.0, 9374.0, 9343.0, 9366.0, 9369.0, 9357.0, 9389.0, 9370.0, 9341.0, 9368.0, 9356.0, 9336.0, 9345.0, 9355.0, 9339.0, 9365.0, 9356.0, 9325.0, 9315.0, 9352.0, 9351.0, 9332.0, 9349.0, 9338.0, 9332.0, 9363.0, 9341.0, 9340.0, 9384.0, 9331.0, 9349.0, 9343.0, 9323.0, 9345.0, 9330.0, 9333.0, 9382.0, 9330.0, 9326.0, 9379.0, 9342.0, 9328.0, 9381.0, 9342.0, 9351.0, 9352.0, 9359.0, 9343.0, 9383.0, 9345.0, 9345.0, 9346.0, 9332.0, 9354.0, 9377.0, 9335.0, 9334.0, 9353.0, 9342.0, 9387.0, 9336.0, 9354.0, 9376.0, 9357.0, 9339.0, 9340.0, 9347.0, 9335.0, 9364.0, 9353.0, 9365.0, 9340.0, 9336.0, 9369.0, 9333.0, 9361.0, 9337.0, 9327.0, 9349.0, 9326.0, 9355.0, 9342.0, 9336.0, 9338.0, 9333.0, 9367.0, 9322.0, 9309.0, 9354.0, 9323.0, 9354.0, 9364.0, 9331.0, 9378.0, 9349.0, 9350.0, 9344.0, 9341.0, 9372.0, 9342.0, 9335.0, 9357.0, 9353.0, 9338.0, 9354.0, 9345.0, 9343.0, 9384.0, 9340.0, 9328.0, 9365.0, 9343.0, 9354.0, 9379.0, 9347.0, 9327.0, 9338.0, 9355.0, 9318.0, 9328.0, 9328.0, 9340.0, 9346.0, 9358.0, 9332.0, 9328.0, 9368.0, 9319.0, 9327.0, 9351.0, 9327.0, 9313.0, 9326.0, 9331.0, 9346.0, 9340.0, 9330.0, 9355.0, 9349.0, 9336.0, 9350.0, 9336.0, 9358.0, 9362.0, 9378.0, 9342.0, 9343.0, 9368.0, 9342.0, 9342.0, 9347.0, 9342.0, 9335.0, 9364.0, 9342.0, 9347.0, 9366.0, 9336.0, 9361.0, 9343.0, 9342.0, 9364.0, 9344.0, 9333.0, 9378.0, 9332.0, 9326.0, 9375.0, 9390.0, 9531.0, 9409.0, 9491.0, 9451.0, 9428.0, 9387.0, 9402.0, 9386.0, 9353.0, 9383.0, 9398.0, 9344.0, 9352.0, 9414.0, 9352.0, 9375.0, 9412.0, 9394.0, 9368.0, 9373.0, 9384.0, 9409.0, 9358.0, 9352.0, 9396.0, 9394.0, 9347.0, 9333.0, 9360.0, 9337.0, 9343.0, 9365.0, 9398.0, 9351.0, 9398.0, 9367.0, 9362.0, 9414.0, 9367.0, 9364.0, 9416.0, 9367.0, 9362.0, 9410.0, 9368.0, 9382.0, 9373.0, 9358.0, 9403.0, 9378.0, 9361.0, 9410.0, 9373.0, 9360.0, 9407.0, 9359.0, 9362.0, 9361.0, 9352.0, 9381.0, 9364.0, 9386.0, 9404.0, 9353.0, 9350.0, 9381.0, 9360.0, 9394.0, 9370.0, 9368.0, 9378.0, 9391.0, 9358.0, 9377.0, 9356.0, 9347.0, 9392.0, 9363.0, 9347.0, 9385.0], "WindowWidth": [19547.0, 19558.0, 19523.0, 19577.0, 19520.0, 19594.0, 19555.0, 19541.0, 19583.0, 19538.0, 19580.0, 19541.0, 19585.0, 19509.0, 19542.0, 19504.0, 19568.0, 19525.0, 19584.0, 19506.0, 19548.0, 19580.0, 19491.0, 19542.0, 19519.0, 19562.0, 19550.0, 19532.0, 19573.0, 19512.0, 19475.0, 19548.0, 19535.0, 19559.0, 19499.0, 19515.0, 19524.0, 19467.0, 19503.0, 19477.0, 19540.0, 19545.0, 19505.0, 19531.0, 19502.0, 19519.0, 19538.0, 19467.0, 19514.0, 19502.0, 19484.0, 19526.0, 19509.0, 19516.0, 19565.0, 19522.0, 19563.0, 19555.0, 19519.0, 19624.0, 19563.0, 19531.0, 19556.0, 19569.0, 19554.0, 19553.0, 19574.0, 19581.0, 19600.0, 19518.0, 19524.0, 19589.0, 19528.0, 19494.0, 19567.0, 19518.0, 19492.0, 19496.0, 19551.0, 19506.0, 19539.0, 19583.0, 19562.0, 19633.0, 19589.0, 19552.0, 19567.0, 19593.0, 19542.0, 19568.0, 19530.0, 19491.0, 19491.0, 19550.0, 19473.0, 19547.0, 19528.0, 19500.0, 19492.0, 19485.0, 19493.0, 19551.0, 19514.0, 19552.0, 19521.0, 19534.0, 19524.0, 19498.0, 19575.0, 19544.0, 19592.0, 19530.0, 19567.0, 19521.0, 19489.0, 19514.0, 19470.0, 19544.0, 19481.0, 19488.0, 19477.0, 19559.0, 19468.0, 19490.0, 19481.0, 19539.0, 19476.0, 19495.0, 19523.0, 19481.0, 19498.0, 19496.0, 19481.0, 19526.0, 19492.0, 19563.0, 19525.0, 19534.0, 19541.0, 19523.0, 19552.0, 19482.0, 19545.0, 19503.0, 19537.0, 19495.0, 19513.0, 19489.0, 19524.0, 19519.0, 19493.0, 19569.0, 19475.0, 19498.0, 19530.0, 19568.0, 19518.0, 19582.0, 19599.0, 19527.0, 19511.0, 19572.0, 19512.0, 19559.0, 19525.0, 19494.0, 19512.0, 19541.0, 19509.0, 19479.0, 19525.0, 19485.0, 19540.0, 19533.0, 19504.0, 19531.0, 19494.0, 19585.0, 19472.0, 19574.0, 19513.0, 19456.0, 19502.0, 19491.0, 19482.0, 19547.0, 19525.0, 19569.0, 19561.0, 19542.0, 19574.0, 19512.0, 19585.0, 19527.0, 19535.0, 19525.0, 19469.0, 19524.0, 19491.0, 19481.0, 19504.0, 19482.0, 19511.0, 19503.0, 19464.0, 19530.0, 19486.0, 19565.0, 19511.0, 19507.0, 19590.0, 19496.0, 19457.0, 19531.0, 19466.0, 19500.0, 19499.0, 19462.0, 19550.0, 19473.0, 19472.0, 19475.0, 19460.0, 19589.0, 19759.0, 19753.0, 19608.0, 19771.0, 19592.0, 19594.0, 19544.0, 19526.0, 19493.0, 19494.0, 19535.0, 19492.0, 19535.0, 19571.0, 19511.0, 19556.0, 19540.0, 19544.0, 19582.0, 19532.0, 19531.0, 19567.0, 19526.0, 19495.0, 19539.0, 19493.0, 19506.0, 19564.0, 19505.0, 19505.0, 19559.0, 19532.0, 19536.0, 19517.0, 19501.0, 19582.0, 19514.0, 19522.0, 19586.0, 19543.0, 19551.0, 19551.0, 19511.0, 19566.0, 19507.0, 19506.0, 19552.0, 19496.0, 19563.0, 19539.0, 19564.0, 19534.0, 19528.0, 19547.0, 19529.0, 19518.0, 19563.0, 19514.0, 19508.0, 19532.0, 19507.0, 19524.0, 19578.0, 19535.0, 19537.0, 19537.0, 19530.0, 19570.0, 19574.0, 19541.0, 19579.0, 19628.0, 19551.0, 19525.0, 19584.0, 19512.0, 19502.0, 19483.0, 19484.0, 19487.0, 19513.0, 19556.0, 19499.0, 19471.0, 19576.0, 19483.0, 19471.0, 19486.0, 19480.0, 19483.0, 19548.0, 19512.0, 19471.0, 19449.0, 19532.0, 19504.0, 19550.0, 19513.0, 19531.0, 19529.0, 19559.0, 19512.0, 19500.0, 19575.0, 19554.0, 19525.0, 19625.0, 19537.0, 19514.0, 19572.0, 19561.0, 19520.0, 19572.0, 19527.0, 19531.0, 19593.0, 19508.0, 19534.0, 19567.0, 19514.0, 19539.0, 19615.0, 19531.0, 19502.0, 19560.0, 19538.0, 19536.0, 19585.0, 19574.0, 19523.0, 19562.0, 19560.0, 19541.0, 19596.0, 19566.0, 19515.0, 19558.0, 19534.0, 19503.0, 19516.0, 19526.0, 19504.0, 19548.0, 19529.0, 19478.0, 19464.0, 19528.0, 19533.0, 19498.0, 19522.0, 19507.0, 19497.0, 19546.0, 19508.0, 19512.0, 19583.0, 19494.0, 19525.0, 19513.0, 19480.0, 19517.0, 19492.0, 19505.0, 19579.0, 19492.0, 19489.0, 19573.0, 19511.0, 19490.0, 19581.0, 19515.0, 19529.0, 19533.0, 19545.0, 19518.0, 19581.0, 19521.0, 19520.0, 19519.0, 19501.0, 19540.0, 19574.0, 19505.0, 19505.0, 19536.0, 19519.0, 19593.0, 19509.0, 19537.0, 19572.0, 19539.0, 19512.0, 19515.0, 19528.0, 19505.0, 19551.0, 19533.0, 19554.0, 19512.0, 19505.0, 19561.0, 19500.0, 19542.0, 19501.0, 19490.0, 19522.0, 19486.0, 19534.0, 19511.0, 19499.0, 19504.0, 19500.0, 19553.0, 19474.0, 19453.0, 19525.0, 19479.0, 19534.0, 19555.0, 19501.0, 19578.0, 19529.0, 19526.0, 19513.0, 19514.0, 19566.0, 19515.0, 19503.0, 19539.0, 19536.0, 19505.0, 19532.0, 19521.0, 19520.0, 19585.0, 19510.0, 19492.0, 19552.0, 19517.0, 19542.0, 19580.0, 19522.0, 19489.0, 19507.0, 19533.0, 19469.0, 19482.0, 19482.0, 19509.0, 19520.0, 19539.0, 19498.0, 19491.0, 19553.0, 19471.0, 19485.0, 19519.0, 19480.0, 19453.0, 19477.0, 19493.0, 19520.0, 19510.0, 19496.0, 19540.0, 19530.0, 19506.0, 19523.0, 19500.0, 19541.0, 19551.0, 19575.0, 19514.0, 19518.0, 19561.0, 19513.0, 19513.0, 19521.0, 19513.0, 19503.0, 19549.0, 19515.0, 19523.0, 19552.0, 19504.0, 19548.0, 19518.0, 19515.0, 19550.0, 19511.0, 19496.0, 19572.0, 19494.0, 19483.0, 19566.0, 19634.0, 19931.0, 19653.0, 19810.0, 19734.0, 19664.0, 19596.0, 19618.0, 19586.0, 19535.0, 19586.0, 19607.0, 19517.0, 19537.0, 19637.0, 19535.0, 19571.0, 19634.0, 19605.0, 19566.0, 19574.0, 19592.0, 19631.0, 19544.0, 19534.0, 19607.0, 19600.0, 19520.0, 19495.0, 19535.0, 19500.0, 19518.0, 19556.0, 19609.0, 19536.0, 19617.0, 19565.0, 19555.0, 19639.0, 19561.0, 19562.0, 19648.0, 19565.0, 19558.0, 19640.0, 19565.0, 19589.0, 19575.0, 19553.0, 19623.0, 19580.0, 19555.0, 19633.0, 19580.0, 19554.0, 19628.0, 19547.0, 19552.0, 19553.0, 19534.0, 19584.0, 19559.0, 19594.0, 19621.0, 19535.0, 19532.0, 19579.0, 19548.0, 19610.0, 19573.0, 19566.0, 19581.0, 19599.0, 19544.0, 19575.0, 19537.0, 19524.0, 19600.0, 19552.0, 19525.0, 19587.0]}, "slices": {}}}