{"AcquisitionMatrixPE": 128, "AcquisitionNumber": 1, "AcquisitionTime": "07:42:27.865000", "BandwidthPerPixelPhaseEncode": 16.622, "BaseResolution": 128, "BodyPartExamined": "BRAIN", "ConsistencyInfo": "N4_VD11D_LATEST_20110129", "ConversionSoftware": "dcm2niix", "ConversionSoftwareVersion": "v1.0.20210317", "DerivedVendorReportedEchoSpacing": 0.000940019, "DeviceSerialNumber": "45239", "DiffusionScheme": "Bipolar", "DwellTime": 2.2e-06, "EchoTime": 0.101, "EchoTrainLength": 47, "EffectiveEchoSpacing": 0.00047001, "FlipAngle": 90, "ImageComments": "Unaliased MB2/PE3", "ImageOrientationPatientDICOM": [1, 0, 0, 0, 1, 0], "ImageType": ["ORIGINAL", "PRIMARY", "DIFFUSION", "NONE", "ND", "MOSAIC"], "ImagingFrequency": 123.193, "InPlanePhaseEncodingDirectionDICOM": "COL", "InstitutionAddress": "E 24th St. 100,Austin,Southmiddle,US,78712", "InstitutionName": "Univ of Texas at Austin", "InstitutionalDepartmentName": "IRC", "MRAcquisitionType": "2D", "MagneticFieldStrength": 3, "Manufacturer": "Siemens", "ManufacturersModelName": "Skyra", "Modality": "MR", "MultibandAccelerationFactor": 2, "ParallelReductionFactorInPlane": 2, "PartialFourier": 0.75, "PatientPosition": "HFS", "PercentPhaseFOV": 100, "PercentSampling": 100, "PhaseEncodingDirection": "j-", "PhaseEncodingSteps": 95, "PhaseResolution": 1, "PixelBandwidth": 1775, "ProcedureStepDescription": "Poldrack2^self-scanning", "ProtocolName": "MBEPI with MDDW L-R", "PulseSequenceDetails": "%CustomerSeq%\\cmrr_mbep2d_diff", "ReceiveCoilActiveElements": "HEA;HEP", "ReceiveCoilName": "Head_32", "ReconMatrixPE": 128, "RefLinesPE": 24, "RepetitionTime": 5.5, "SAR": 0.264294, "ScanOptions": "PFP\\FS", "ScanningSequence": "EP", "SequenceName": "ep_b5#1", "SequenceVariant": "SK", "SeriesDescription": "MBEPI with MDDW L-R", "SeriesNumber": 9, "ShimSetting": [-2769, 7976, -15632, -46, -242, -255, 202, -38], "SliceThickness": 1.7, "SliceTiming": [0, 2.85, 0.2025, 3.055, 0.4075, 3.2575, 0.61, 3.4625, 0.815, 3.665, 1.0175, 3.87, 1.2225, 4.0725, 1.425, 4.2775, 1.63, 4.48, 1.8325, 4.685, 2.035, 4.8875, 2.24, 5.0925, 2.4425, 5.295, 2.6475, 0, 2.85, 0.2025, 3.055, 0.4075, 3.2575, 0.61, 3.4625, 0.815, 3.665, 1.0175, 3.87, 1.2225, 4.0725, 1.425, 4.2775, 1.63, 4.48, 1.8325, 4.685, 2.035, 4.8875, 2.24, 5.0925, 2.4425, 5.295, 2.6475], "SoftwareVersions": "syngo MR D11", "SpacingBetweenSlices": 1.7, "StationName": "AWP45239", "TotalReadoutTime": 0.0596912, "TxRefAmp": 348.876, "WipMemBlock": "3255b91e-6fde-4cf5-88bd-6be8d25155ca||Sequence: VD11D r154; May 23 2012 22:28:10 by eja", "dcmmeta_affine": [[-1.7421875, 0.0, 0.0, 113.31597900390625], [0.0, 1.7421875, 0.0, -123.68032836914062], [0.0, 0.0, 1.6999999284744263, 19.114648818969727], [0.0, 0.0, 0.0, 1.0]], "dcmmeta_reorient_transform": [[0.0, -1.0, 0.0, 127.0], [1.0, 0.0, 0.0, 0.0], [0.0, 0.0, 1.0, 0.0], [0.0, 0.0, 0.0, 1.0]], "dcmmeta_shape": [128, 128, 54, 68], "dcmmeta_slice_dim": 2, "dcmmeta_version": 0.6, "global": {"const": {"AcquisitionMatrix": [128, 0, 0, 128], "AngioFlag": "N", "BitsAllocated": 16, "BitsStored": 16, "BodyPartExamined": "BRAIN", "Columns": 1024, "EchoNumbers": 1, "EchoTime": 101.0, "EchoTrainLength": 47, "FlipAngle": 90.0, "HighBit": 15, "ImageOrientationPatient": [1.0, 0.0, 0.0, 0.0, 1.0, 0.0], "ImagePositionPatient": [-893.81598067284, -878.07748222351, 19.11464881897], "ImageType": ["ORIGINAL", "PRIMARY", "DIFFUSION", "NONE", "ND", "MOSAIC"], "ImagedNucleus": "1H", "ImagingFrequency": 123.193418, "InPlanePhaseEncodingDirection": "COL", "MRAcquisitionType": "2D", "MagneticFieldStrength": 3.0, "Manufacturer": "SIEMENS", "ManufacturerModelName": "Skyra", "Modality": "MR", "NumberOfAverages": 1.0, "NumberOfPhaseEncodingSteps": 95, "PercentPhaseFieldOfView": 100.0, "PercentSampling": 100.0, "PerformedProcedureStepStartTime": "070831.484000", "PhotometricInterpretation": "MONOCHROME2", "PixelBandwidth": 1775.0, "PixelRepresentation": 0, "PixelSpacing": [1.7421875, 1.7421875], "ProtocolName": "MBEPI with MDDW L-R", "RepetitionTime": 5500.0, "Rows": 1024, "SAR": 0.26429380436862, "SamplesPerPixel": 1, "ScanOptions": ["PFP", "FS"], "ScanningSequence": "EP", "SequenceVariant": "SK", "SeriesDescription": "MBEPI with MDDW L-R", "SeriesNumber": 9, "SeriesTime": "074340.218000", "SliceLocation": 19.11464881897, "SliceThickness": 1.7000000476837, "SmallestImagePixelValue": 0, "SoftwareVersions": "syngo MR D11", "SpacingBetweenSlices": 1.6999999352221, "SpecificCharacterSet": "ISO_IR 100", "StudyID": "1", "StudyTime": "070831.359000", "TransmitCoilName": "Body", "VariableFlipAngleFlag": "N", "WindowCenterWidthExplanation": "Algo1", "dBdt": 0.0}, "slices": {}}, "time": {"samples": {"AcquisitionNumber": [1, 2, 3, 4, 5, 6, 7, 8, 9, 10, 11, 12, 13, 14, 15, 16, 17, 18, 19, 20, 21, 22, 23, 24, 25, 26, 27, 28, 29, 30, 31, 32, 33, 34, 35, 36, 37, 38, 39, 40, 41, 42, 43, 44, 45, 46, 47, 48, 49, 50, 51, 52, 53, 54, 55, 56, 57, 58, 59, 60, 61, 62, 63, 64, 65, 66, 67, 68], "AcquisitionTime": ["074227.865000", "074339.365000", "074344.865000", "074350.365000", "074355.865000", "074401.365000", "074406.865000", "074412.365000", "074417.865000", "074423.365000", "074428.865000", "074434.365000", "074439.865000", "074445.365000", "074450.865000", "074456.365000", "074501.865000", "074507.365000", "074512.865000", "074518.365000", "074523.865000", "074529.365000", "074534.865000", "074540.365000", "074545.865000", "074551.365000", "074556.865000", "074602.365000", "074607.865000", "074613.365000", "074618.865000", "074624.365000", "074629.865000", "074635.365000", "074640.865000", "074646.365000", "074651.865000", "074657.365000", "074702.865000", "074708.365000", "074713.865000", "074719.365000", "074724.865000", "074730.365000", "074735.865000", "074741.365000", "074746.865000", "074752.365000", "074757.865000", "074803.365000", "074808.865000", "074814.365000", "074819.865000", "074825.365000", "074830.865000", "074836.365000", "074841.865000", "074847.365000", "074852.865000", "074858.365000", "074903.865000", "074909.365000", "074914.865000", "074920.365000", "074925.865000", "074931.365000", "074936.865000", "074942.365000"], "ContentTime": ["074340.218000", "074347.171000", "074352.171000", "074357.171000", "074407.171000", "074412.171000", "074417.171000", "074422.171000", "074427.171000", "074432.171000", "074437.171000", "074442.171000", "074447.171000", "074452.171000", "074502.171000", "074507.171000", "074512.171000", "074517.171000", "074522.171000", "074527.171000", "074532.171000", "074537.171000", "074542.171000", "074547.171000", "074557.171000", "074602.171000", "074607.171000", "074612.171000", "074617.171000", "074622.171000", "074627.171000", "074632.171000", "074637.171000", "074642.171000", "074652.171000", "074657.171000", "074702.171000", "074707.171000", "074712.171000", "074717.171000", "074722.171000", "074727.171000", "074732.171000", "074737.171000", "074747.171000", "074752.171000", "074757.171000", "074802.171000", "074807.171000", "074812.171000", "074817.171000", "074822.171000", "074827.171000", "074832.171000", "074842.171000", "074847.171000", "074852.171000", "074857.171000", "074902.171000", "074907.171000", "074912.171000", "074917.171000", "074922.171000", "074927.171000", "074937.171000", "074942.171000", "074947.171000", "074948.656000"], "InstanceCreationTime": ["074340.218000", "074347.171000", "074352.171000", "074357.171000", "074407.171000", "074412.171000", "074417.171000", "074422.171000", "074427.171000", "074432.171000", "074437.171000", "074442.171000", "074447.171000", "074452.171000", "074502.171000", "074507.171000", "074512.171000", "074517.171000", "074522.171000", "074527.171000", "074532.171000", "074537.171000", "074542.171000", "074547.171000", "074557.171000", "074602.171000", "074607.171000", "074612.171000", "074617.171000", "074622.171000", "074627.171000", "074632.171000", "074637.171000", "074642.171000", "074652.171000", "074657.171000", "074702.171000", "074707.171000", "074712.171000", "074717.171000", "074722.171000", "074727.171000", "074732.171000", "074737.171000", "074747.171000", "074752.171000", "074757.171000", "074802.171000", "074807.171000", "074812.171000", "074817.171000", "074822.171000", "074827.171000", "074832.171000", "074842.171000", "074847.171000", "074852.171000", "074857.171000", "074902.171000", "074907.171000", "074912.171000", "074917.171000", "074922.171000", "074927.171000", "074937.171000", "074942.171000", "074947.171000", "074948.656000"], "InstanceNumber": [1, 2, 3, 4, 5, 6, 7, 8, 9, 10, 11, 12, 13, 14, 15, 16, 17, 18, 19, 20, 21, 22, 23, 24, 25, 26, 27, 28, 29, 30, 31, 32, 33, 34, 35, 36, 37, 38, 39, 40, 41, 42, 43, 44, 45, 46, 47, 48, 49, 50, 51, 52, 53, 54, 55, 56, 57, 58, 59, 60, 61, 62, 63, 64, 65, 66, 67, 68], "LargestImagePixelValue": [55595, 8105, 7372, 7379, 7896, 7784, 8006, 8448, 7487, 8538, 7746, 7182, 7388, 7763, 6874, 8157, 8731, 51648, 8423, 7124, 7734, 8724, 7603, 8795, 9057, 6889, 7376, 7573, 8244, 7405, 7504, 8542, 8472, 7277, 51410, 7845, 7110, 8561, 7695, 7384, 6952, 8331, 7290, 8098, 8177, 6860, 6960, 8028, 7011, 8424, 7465, 50599, 7718, 7275, 8189, 6722, 7502, 7287, 7699, 7091, 7707, 7742, 8242, 8041, 8100, 7995, 7917, 7439], "SequenceName": ["ep_b5#1", "ep_b1990#2", "ep_b2010#3", "ep_b1990#4", "ep_b2000#5", "ep_b1985#6", "ep_b1985#7", "ep_b1980#8", "ep_b2000#9", "ep_b1985#10", "ep_b2000#11", "ep_b2000#12", "ep_b1990#13", "ep_b1980#14", "ep_b1995#15", "ep_b1980#16", "ep_b1995#17", "ep_b5#18", "ep_b1980#19", "ep_b1985#20", "ep_b2005#21", "ep_b1990#22", "ep_b2000#23", "ep_b1980#24", "ep_b1990#25", "ep_b1995#26", "ep_b1980#27", "ep_b2005#28", "ep_b1995#29", "ep_b1980#30", "ep_b1990#31", "ep_b1995#32", "ep_b1980#33", "ep_b1975#34", "ep_b5#35", "ep_b1980#36", "ep_b1975#37", "ep_b1995#38", "ep_b1990#39", "ep_b2005#40", "ep_b2000#41", "ep_b1985#42", "ep_b1975#43", "ep_b1990#44", "ep_b1990#45", "ep_b1985#46", "ep_b1995#47", "ep_b1990#48", "ep_b1980#49", "ep_b2000#50", "ep_b1990#51", "ep_b5#52", "ep_b1985#53", "ep_b1980#54", "ep_b2000#55", "ep_b1990#56", "ep_b1990#57", "ep_b1985#58", "ep_b1985#59", "ep_b1995#60", "ep_b1980#61", "ep_b2000#62", "ep_b1975#63", "ep_b2000#64", "ep_b1980#65", "ep_b1975#66", "ep_b1995#67", "ep_b2005#68"], "WindowCenter": [8329.0, 2257.0, 2203.0, 2128.0, 2212.0, 2141.0, 2206.0, 2205.0, 2165.0, 2251.0, 2172.0, 2124.0, 2132.0, 2146.0, 2146.0, 2128.0, 2170.0, 8210.0, 2240.0, 2097.0, 2135.0, 2213.0, 2170.0, 2206.0, 2247.0, 2108.0, 2082.0, 2175.0, 2205.0, 2092.0, 2159.0, 2215.0, 2171.0, 2101.0, 8156.0, 2096.0, 2088.0, 2189.0, 2211.0, 2154.0, 2165.0, 2158.0, 2151.0, 2208.0, 2137.0, 2134.0, 2124.0, 2169.0, 2064.0, 2151.0, 2161.0, 8146.0, 2154.0, 2113.0, 2133.0, 2156.0, 2121.0, 2041.0, 2125.0, 2171.0, 2161.0, 2187.0, 2114.0, 2178.0, 2159.0, 2109.0, 2171.0, 2188.0], "WindowWidth": [18933.0, 5509.0, 5390.0, 5234.0, 5397.0, 5247.0, 5401.0, 5391.0, 5304.0, 5487.0, 5318.0, 5226.0, 5245.0, 5265.0, 5280.0, 5227.0, 5315.0, 18683.0, 5468.0, 5165.0, 5239.0, 5406.0, 5313.0, 5394.0, 5476.0, 5197.0, 5128.0, 5315.0, 5386.0, 5149.0, 5290.0, 5405.0, 5307.0, 5171.0, 18535.0, 5153.0, 5146.0, 5355.0, 5405.0, 5280.0, 5313.0, 5288.0, 5283.0, 5400.0, 5234.0, 5255.0, 5222.0, 5307.0, 5093.0, 5262.0, 5304.0, 18523.0, 5274.0, 5194.0, 5224.0, 5293.0, 5215.0, 5041.0, 5217.0, 5311.0, 5303.0, 5347.0, 5188.0, 5315.0, 5286.0, 5183.0, 5316.0, 5350.0]}, "slices": {}}}