{"AcquisitionMatrixPE": 128, "AcquisitionNumber": 1, "AcquisitionTime": "07:34:32.050000", "BandwidthPerPixelPhaseEncode": 16.622, "BaseResolution": 128, "BodyPartExamined": "BRAIN", "ConsistencyInfo": "N4_VD11D_LATEST_20110129", "ConversionSoftware": "dcm2niix", "ConversionSoftwareVersion": "v1.0.20210317", "DerivedVendorReportedEchoSpacing": 0.000940019, "DeviceSerialNumber": "45239", "DiffusionScheme": "Bipolar", "DwellTime": 2.2e-06, "EchoTime": 0.101, "EchoTrainLength": 47, "EffectiveEchoSpacing": 0.00047001, "FlipAngle": 90, "ImageComments": "Unaliased MB2/PE3", "ImageOrientationPatientDICOM": [1, -2.05103e-10, 0, 2.05103e-10, 1, 0], "ImageType": ["ORIGINAL", "PRIMARY", "DIFFUSION", "NONE", "ND", "MOSAIC"], "ImagingFrequency": 123.193, "InPlanePhaseEncodingDirectionDICOM": "ROW", "InstitutionAddress": "E 24th St. 100,Austin,Southmiddle,US,78712", "InstitutionName": "Univ of Texas at Austin", "InstitutionalDepartmentName": "IRC", "MRAcquisitionType": "2D", "MagneticFieldStrength": 3, "Manufacturer": "Siemens", "ManufacturersModelName": "Skyra", "Modality": "MR", "MultibandAccelerationFactor": 2, "ParallelReductionFactorInPlane": 2, "PartialFourier": 0.75, "PatientPosition": "HFS", "PercentPhaseFOV": 100, "PercentSampling": 100, "PhaseEncodingDirection": "i", "PhaseEncodingSteps": 95, "PhaseResolution": 1, "PixelBandwidth": 1775, "ProcedureStepDescription": "Poldrack2^self-scanning", "ProtocolName": "MBEPI with MDDW R-L", "PulseSequenceDetails": "%CustomerSeq%\\cmrr_mbep2d_diff", "ReceiveCoilActiveElements": "HEA;HEP", "ReceiveCoilName": "Head_32", "ReconMatrixPE": 128, "RefLinesPE": 24, "RepetitionTime": 5.5, "SAR": 0.264294, "ScanOptions": "PFP\\FS", "ScanningSequence": "EP", "SequenceName": "ep_b5#1", "SequenceVariant": "SK", "SeriesDescription": "MBEPI with MDDW R-L", "SeriesNumber": 8, "ShimSetting": [-2769, 7976, -15632, -46, -242, -255, 202, -38], "SliceThickness": 1.7, "SliceTiming": [0, 2.8525, 0.2025, 3.055, 0.4075, 3.26, 0.61, 3.4625, 0.815, 3.6675, 1.0175, 3.87, 1.2225, 4.075, 1.425, 4.2775, 1.63, 4.48, 1.8325, 4.685, 2.0375, 4.8875, 2.24, 5.0925, 2.445, 5.295, 2.6475, 0, 2.8525, 0.2025, 3.055, 0.4075, 3.26, 0.61, 3.4625, 0.815, 3.6675, 1.0175, 3.87, 1.2225, 4.075, 1.425, 4.2775, 1.63, 4.48, 1.8325, 4.685, 2.0375, 4.8875, 2.24, 5.0925, 2.445, 5.295, 2.6475], "SoftwareVersions": "syngo MR D11", "SpacingBetweenSlices": 1.7, "StationName": "AWP45239", "TotalReadoutTime": 0.0596912, "TxRefAmp": 348.876, "WipMemBlock": "61a02751-9f69-420d-906f-4a3205a61b1e||Sequence: VD11D r154; May 23 2012 22:28:10 by eja", "dcmmeta_affine": [[-1.7421875, 3.573285833891049e-10, 0.0, 113.31597900390625], [3.573285833891049e-10, 1.7421875, 0.0, -123.68032836914062], [0.0, 0.0, 1.6999999284744263, 19.114648818969727], [0.0, 0.0, 0.0, 1.0]], "dcmmeta_reorient_transform": [[0.0, -1.0, 0.0, 127.0], [1.0, 0.0, 0.0, 0.0], [0.0, 0.0, 1.0, 0.0], [0.0, 0.0, 0.0, 1.0]], "dcmmeta_shape": [128, 128, 54, 68], "dcmmeta_slice_dim": 2, "dcmmeta_version": 0.6, "global": {"const": {"AcquisitionMatrix": [0, 128, 128, 0], "AngioFlag": "N", "BitsAllocated": 16, "BitsStored": 16, "BodyPartExamined": "BRAIN", "Columns": 1024, "EchoNumbers": 1, "EchoTime": 101.0, "EchoTrainLength": 47, "FlipAngle": 90.0, "HighBit": 15, "ImageOrientationPatient": [1.0, -2.051034e-10, 0.0, 2.051034e-10, 1.0, 0.0], "ImagePositionPatient": [-893.81598085579, -878.07748204056, 19.11464881897], "ImageType": ["ORIGINAL", "PRIMARY", "DIFFUSION", "NONE", "ND", "MOSAIC"], "ImagedNucleus": "1H", "ImagingFrequency": 123.193394, "InPlanePhaseEncodingDirection": "ROW", "MRAcquisitionType": "2D", "MagneticFieldStrength": 3.0, "Manufacturer": "SIEMENS", "ManufacturerModelName": "Skyra", "Modality": "MR", "NumberOfAverages": 1.0, "NumberOfPhaseEncodingSteps": 95, "PercentPhaseFieldOfView": 100.0, "PercentSampling": 100.0, "PerformedProcedureStepStartTime": "070831.484000", "PhotometricInterpretation": "MONOCHROME2", "PixelBandwidth": 1775.0, "PixelRepresentation": 0, "PixelSpacing": [1.7421875, 1.7421875], "ProtocolName": "MBEPI with MDDW R-L", "RepetitionTime": 5500.0, "Rows": 1024, "SAR": 0.26429380436862, "SamplesPerPixel": 1, "ScanOptions": ["PFP", "FS"], "ScanningSequence": "EP", "SequenceVariant": "SK", "SeriesDescription": "MBEPI with MDDW R-L", "SeriesNumber": 8, "SeriesTime": "073932.437000", "SliceLocation": 19.11464881897, "SliceThickness": 1.7000000476837, "SmallestImagePixelValue": 0, "SoftwareVersions": "syngo MR D11", "SpacingBetweenSlices": 1.6999999352221, "SpecificCharacterSet": "ISO_IR 100", "StudyID": "1", "StudyTime": "070831.359000", "TransmitCoilName": "Body", "VariableFlipAngleFlag": "N", "WindowCenterWidthExplanation": "Algo1", "dBdt": 0.0}, "slices": {}}, "time": {"samples": {"AcquisitionNumber": [1, 2, 3, 4, 5, 6, 7, 8, 9, 10, 11, 12, 13, 14, 15, 16, 17, 18, 19, 20, 21, 22, 23, 24, 25, 26, 27, 28, 29, 30, 31, 32, 33, 34, 35, 36, 37, 38, 39, 40, 41, 42, 43, 44, 45, 46, 47, 48, 49, 50, 51, 52, 53, 54, 55, 56, 57, 58, 59, 60, 61, 62, 63, 64, 65, 66, 67, 68], "AcquisitionTime": ["073432.050000", "073543.550000", "073549.050000", "073554.550000", "073600.050000", "073605.550000", "073611.050000", "073616.550000", "073622.050000", "073627.550000", "073633.050000", "073638.550000", "073644.050000", "073649.550000", "073655.050000", "073700.550000", "073706.050000", "073711.550000", "073717.050000", "073722.550000", "073728.050000", "073733.550000", "073739.050000", "073744.550000", "073750.050000", "073755.550000", "073801.050000", "073806.550000", "073812.050000", "073817.550000", "073823.050000", "073828.550000", "073834.050000", "073839.550000", "073845.050000", "073850.550000", "073856.050000", "073901.550000", "073907.050000", "073912.550000", "073918.050000", "073923.550000", "073929.050000", "073934.550000", "073940.050000", "073945.550000", "073951.050000", "073956.550000", "074002.050000", "074007.550000", "074013.050000", "074018.550000", "074024.050000", "074029.550000", "074035.050000", "074040.550000", "074046.050000", "074051.550000", "074057.050000", "074102.550000", "074108.050000", "074113.550000", "074119.050000", "074124.550000", "074130.050000", "074135.550000", "074141.050000", "074146.550000"], "ContentTime": ["073932.453000", "073941.781000", "073941.796000", "073941.796000", "073941.796000", "073946.781000", "073946.796000", "073946.796000", "073951.781000", "073951.796000", "073956.781000", "073956.796000", "073956.796000", "074001.781000", "074001.796000", "074006.781000", "074006.796000", "074011.781000", "074011.796000", "074011.796000", "074016.781000", "074016.796000", "074021.781000", "074021.796000", "074021.796000", "074026.781000", "074026.796000", "074031.781000", "074031.796000", "074036.781000", "074036.796000", "074036.796000", "074041.781000", "074041.796000", "074046.781000", "074046.796000", "074046.796000", "074051.781000", "074051.796000", "074056.781000", "074056.796000", "074056.796000", "074101.781000", "074101.796000", "074106.781000", "074106.796000", "074106.796000", "074111.781000", "074111.796000", "074116.781000", "074116.796000", "074116.796000", "074121.781000", "074121.796000", "074126.781000", "074126.796000", "074126.796000", "074131.781000", "074131.796000", "074136.781000", "074136.796000", "074136.796000", "074141.781000", "074141.796000", "074146.781000", "074146.796000", "074151.781000", "074152.890000"], "InstanceCreationTime": ["073932.453000", "073941.781000", "073941.796000", "073941.796000", "073941.796000", "073946.781000", "073946.796000", "073946.796000", "073951.781000", "073951.796000", "073956.781000", "073956.796000", "073956.796000", "074001.781000", "074001.796000", "074006.781000", "074006.796000", "074011.781000", "074011.796000", "074011.796000", "074016.781000", "074016.796000", "074021.781000", "074021.796000", "074021.796000", "074026.781000", "074026.796000", "074031.781000", "074031.796000", "074036.781000", "074036.796000", "074036.796000", "074041.781000", "074041.796000", "074046.781000", "074046.796000", "074046.796000", "074051.781000", "074051.796000", "074056.781000", "074056.796000", "074056.796000", "074101.781000", "074101.796000", "074106.781000", "074106.796000", "074106.796000", "074111.781000", "074111.796000", "074116.781000", "074116.796000", "074116.796000", "074121.781000", "074121.796000", "074126.781000", "074126.796000", "074126.796000", "074131.781000", "074131.796000", "074136.781000", "074136.796000", "074136.796000", "074141.781000", "074141.796000", "074146.781000", "074146.796000", "074151.781000", "074152.890000"], "InstanceNumber": [1, 2, 3, 4, 5, 6, 7, 8, 9, 10, 11, 12, 13, 14, 15, 16, 17, 18, 19, 20, 21, 22, 23, 24, 25, 26, 27, 28, 29, 30, 31, 32, 33, 34, 35, 36, 37, 38, 39, 40, 41, 42, 43, 44, 45, 46, 47, 48, 49, 50, 51, 52, 53, 54, 55, 56, 57, 58, 59, 60, 61, 62, 63, 64, 65, 66, 67, 68], "LargestImagePixelValue": [65535, 7005, 5622, 7127, 6670, 6813, 7391, 7201, 6290, 7082, 6695, 6585, 6860, 6648, 6577, 6674, 7121, 65535, 7510, 6422, 6635, 6864, 6622, 7182, 7789, 6494, 6569, 6339, 7020, 6698, 6575, 7209, 7297, 6617, 65535, 6804, 6823, 7199, 7128, 6416, 6846, 7040, 6690, 6978, 6798, 6915, 6234, 6430, 6657, 6265, 7084, 65535, 6184, 7080, 6826, 6473, 6508, 6594, 6734, 6225, 6817, 6393, 7124, 6475, 6835, 7278, 6419, 6061], "SequenceName": ["ep_b5#1", "ep_b2010#2", "ep_b1990#3", "ep_b1975#4", "ep_b1995#5", "ep_b1980#6", "ep_b2000#7", "ep_b1995#8", "ep_b1990#9", "ep_b2000#10", "ep_b1995#11", "ep_b1990#12", "ep_b1985#13", "ep_b1985#14", "ep_b1995#15", "ep_b1985#16", "ep_b2000#17", "ep_b5#18", "ep_b2000#19", "ep_b1980#20", "ep_b1985#21", "ep_b1995#22", "ep_b1995#23", "ep_b1995#24", "ep_b2005#25", "ep_b1980#26", "ep_b1975#27", "ep_b1990#28", "ep_b2000#29", "ep_b1975#30", "ep_b1980#31", "ep_b2000#32", "ep_b1985#33", "ep_b1980#34", "ep_b5#35", "ep_b1980#36", "ep_b1980#37", "ep_b2005#38", "ep_b2005#39", "ep_b1995#40", "ep_b2000#41", "ep_b1990#42", "ep_b1990#43", "ep_b1995#44", "ep_b1980#45", "ep_b1995#46", "ep_b1980#47", "ep_b1990#48", "ep_b1975#49", "ep_b1995#50", "ep_b2000#51", "ep_b5#52", "ep_b1980#53", "ep_b1980#54", "ep_b2000#55", "ep_b1985#56", "ep_b1990#57", "ep_b1980#58", "ep_b1985#59", "ep_b1990#60", "ep_b1990#61", "ep_b1985#62", "ep_b1975#63", "ep_b1980#64", "ep_b1985#65", "ep_b1980#66", "ep_b1995#67", "ep_b1990#68"], "WindowCenter": [8625.0, 2218.0, 2168.0, 2113.0, 2194.0, 2164.0, 2238.0, 2174.0, 2146.0, 2207.0, 2160.0, 2132.0, 2120.0, 2177.0, 2181.0, 2127.0, 2190.0, 8576.0, 2241.0, 2101.0, 2142.0, 2206.0, 2145.0, 2192.0, 2219.0, 2103.0, 2093.0, 2165.0, 2186.0, 2115.0, 2206.0, 2187.0, 2171.0, 2129.0, 8560.0, 2080.0, 2126.0, 2192.0, 2226.0, 2148.0, 2192.0, 2128.0, 2181.0, 2222.0, 2159.0, 2177.0, 2120.0, 2149.0, 2128.0, 2139.0, 2178.0, 8518.0, 2129.0, 2144.0, 2125.0, 2181.0, 2098.0, 2067.0, 2101.0, 2151.0, 2181.0, 2193.0, 2111.0, 2166.0, 2120.0, 2125.0, 2117.0, 2144.0], "WindowWidth": [19467.0, 5429.0, 5340.0, 5206.0, 5376.0, 5304.0, 5469.0, 5329.0, 5286.0, 5402.0, 5304.0, 5254.0, 5229.0, 5334.0, 5357.0, 5228.0, 5365.0, 19338.0, 5472.0, 5180.0, 5267.0, 5405.0, 5277.0, 5371.0, 5426.0, 5195.0, 5150.0, 5318.0, 5355.0, 5200.0, 5390.0, 5354.0, 5311.0, 5229.0, 19293.0, 5127.0, 5220.0, 5372.0, 5445.0, 5282.0, 5374.0, 5236.0, 5348.0, 5431.0, 5295.0, 5344.0, 5231.0, 5285.0, 5217.0, 5257.0, 5339.0, 19182.0, 5233.0, 5254.0, 5225.0, 5352.0, 5174.0, 5102.0, 5176.0, 5288.0, 5349.0, 5371.0, 5178.0, 5312.0, 5217.0, 5207.0, 5217.0, 5277.0]}, "slices": {}}}