{
    "AcquisitionMatrixPE": 96,
    "AcquisitionNumber": 1,
    "AcquisitionTime": "07:51:51.057500",
    "BandwidthPerPixelPhaseEncode": 33.602,
    "BaseResolution": 96,
    "BodyPartExamined": "BRAIN",
    "ConsistencyInfo": "N4_VD11D_LATEST_20110129",
    "ConversionSoftware": "dcm2niix",
    "ConversionSoftwareVersion": "v1.0.20210317",
    "DerivedVendorReportedEchoSpacing": 0.000620003,
    "DeviceSerialNumber": "45239",
    "DwellTime": 2.6e-06,
    "EchoTime": 0.03,
    "EchoTrainLength": 48,
    "EffectiveEchoSpacing": 0.000310001,
    "FlipAngle": 63,
    "ImageComments": "Unaliased MB4/PE3",
    "ImageOrientationPatientDICOM": [
        0.999403,
        0.0298613,
        -0.0173797,
        -0.0345506,
        0.863759,
        -0.50272
    ],
    "ImageType": [
        "ORIGINAL",
        "PRIMARY",
        "M",
        "ND",
        "NORM",
        "MOSAIC"
    ],
    "ImagingFrequency": 123.193,
    "InPlanePhaseEncodingDirectionDICOM": "COL",
    "InstitutionAddress": "E 24th St. 100,Austin,Southmiddle,US,78712",
    "InstitutionName": "Univ of Texas at Austin",
    "InstitutionalDepartmentName": "IRC",
    "MRAcquisitionType": "2D",
    "MagneticFieldStrength": 3,
    "Manufacturer": "Siemens",
    "ManufacturersModelName": "Skyra",
    "Modality": "MR",
    "MultibandAccelerationFactor": 4,
    "ParallelReductionFactorInPlane": 2,
    "PartialFourier": 1,
    "PatientPosition": "HFS",
    "PercentPhaseFOV": 100,
    "PercentSampling": 100,
    "PhaseEncodingDirection": "j-",
    "PhaseEncodingSteps": 96,
    "PhaseResolution": 1,
    "PixelBandwidth": 2005,
    "ProcedureStepDescription": "Poldrack2^self-scanning",
    "ProtocolName": "N-back fMRI MBEPI_matrix96_BW200",
    "PulseSequenceDetails": "%CustomerSeq%\\cmrr_mbep2d_bold",
    "ReceiveCoilActiveElements": "HEA;HEP",
    "ReceiveCoilName": "Head_32",
    "ReconMatrixPE": 96,
    "RefLinesPE": 94,
    "RepetitionTime": 1.16,
    "SAR": 0.109425,
    "ScanOptions": "FS",
    "ScanningSequence": "EP",
    "SequenceName": "epfid2d1_96",
    "SequenceVariant": "SK",
    "SeriesDescription": "N-back fMRI MBEPI_matrix96_BW200",
    "SeriesNumber": 13,
    "ShimSetting": [
        -2778,
        8011,
        -15926,
        -121,
        -141,
        -89,
        -18,
        -21
    ],
    "SliceThickness": 2,
    "SliceTiming": [
        0,
        0.6125,
        0.0675,
        0.68,
        0.135,
        0.75,
        0.2025,
        0.8175,
        0.2725,
        0.885,
        0.34,
        0.955,
        0.4075,
        1.0225,
        0.4775,
        1.09,
        0.545,
        0,
        0.6125,
        0.0675,
        0.68,
        0.135,
        0.75,
        0.2025,
        0.8175,
        0.2725,
        0.885,
        0.34,
        0.955,
        0.4075,
        1.0225,
        0.4775,
        1.09,
        0.545,
        0,
        0.6125,
        0.0675,
        0.68,
        0.135,
        0.75,
        0.2025,
        0.8175,
        0.2725,
        0.885,
        0.34,
        0.955,
        0.4075,
        1.0225,
        0.4775,
        1.09,
        0.545,
        0,
        0.6125,
        0.0675,
        0.68,
        0.135,
        0.75,
        0.2025,
        0.8175,
        0.2725,
        0.885,
        0.34,
        0.955,
        0.4075,
        1.0225,
        0.4775,
        1.09,
        0.545
    ],
    "SoftwareVersions": "syngo MR D11",
    "SpacingBetweenSlices": 2.4,
    "StationName": "AWP45239",
    "TaskName": "N-back task",
    "TotalReadoutTime": 0.0294501,
    "TxRefAmp": 346.147,
    "WipMemBlock": "28385614-7002-4a3b-bc27-7d627a1c7765||Sequence: VD11D r154; May 23 2012 22:27:19 by eja",
    "dcmmeta_affine": [
        [
            -2.3944027423858643,
            -0.08277758955955505,
            2.1470484057317663e-08,
            122.85857391357422
        ],
        [
            -0.07154259830713272,
            2.0694220066070557,
            -1.2072478532791138,
            -67.88978576660156
        ],
        [
            -0.04163876175880432,
            1.2044323682785034,
            2.0742595195770264,
            -71.71710968017578
        ],
        [
            0.0,
            0.0,
            0.0,
            1.0
        ]
    ],
    "dcmmeta_reorient_transform": [
        [
            0.0,
            -1.0,
            0.0,
            95.0
        ],
        [
            1.0,
            0.0,
            0.0,
            0.0
        ],
        [
            0.0,
            0.0,
            1.0,
            0.0
        ],
        [
            0.0,
            0.0,
            0.0,
            1.0
        ]
    ],
    "dcmmeta_shape": [
        96,
        96,
        68,
        380
    ],
    "dcmmeta_slice_dim": 2,
    "dcmmeta_version": 0.6,
    "global": {
        "const": {
            "AcquisitionMatrix": [
                96,
                0,
                0,
                96
            ],
            "AngioFlag": "N",
            "BitsAllocated": 16,
            "BitsStored": 16,
            "BodyPartExamined": "BRAIN",
            "Columns": 864,
            "EchoNumbers": 1,
            "EchoTime": 30.0,
            "EchoTrainLength": 48,
            "FlipAngle": 63.0,
            "HighBit": 15,
            "ImageOrientationPatient": [
                0.99940294815736,
                0.02986125799371,
                -0.0173796572294,
                -0.0345506470906,
                0.8637587798666,
                -0.50271962662
            ],
            "ImagePositionPatient": [
                -1002.6587868063,
                -950.83571531083,
                521.19529616478
            ],
            "ImageType": [
                "ORIGINAL",
                "PRIMARY",
                "M",
                "ND",
                "NORM",
                "MOSAIC"
            ],
            "ImagedNucleus": "1H",
            "ImagingFrequency": 123.193445,
            "InPlanePhaseEncodingDirection": "COL",
            "MRAcquisitionType": "2D",
            "MagneticFieldStrength": 3.0,
            "Manufacturer": "SIEMENS",
            "ManufacturerModelName": "Skyra",
            "Modality": "MR",
            "NumberOfAverages": 1.0,
            "NumberOfPhaseEncodingSteps": 96,
            "PercentPhaseFieldOfView": 100.0,
            "PercentSampling": 100.0,
            "PerformedProcedureStepStartTime": "071410.218000",
            "PhotometricInterpretation": "MONOCHROME2",
            "PixelBandwidth": 2005.0,
            "PixelRepresentation": 0,
            "PixelSpacing": [
                2.3958332538605,
                2.3958332538605
            ],
            "ProtocolName": "N-back fMRI MBEPI_matrix96_BW200",
            "RepetitionTime": 1160.0,
            "Rows": 864,
            "SAR": 0.10942500619846,
            "SamplesPerPixel": 1,
            "ScanOptions": "FS",
            "ScanningSequence": "EP",
            "SequenceName": "epfid2d1_96",
            "SequenceVariant": "SK",
            "SeriesDescription": "N-back fMRI MBEPI_matrix96_BW200",
            "SeriesNumber": 13,
            "SeriesTime": "075418.109000",
            "SliceLocation": -27.833371356693,
            "SliceThickness": 2.0,
            "SmallestImagePixelValue": 0,
            "SoftwareVersions": "syngo MR D11",
            "SpacingBetweenSlices": 2.4000000019283,
            "SpecificCharacterSet": "ISO_IR 100",
            "StudyID": "1",
            "StudyTime": "071410.187000",
            "TransmitCoilName": "Body",
            "VariableFlipAngleFlag": "N",
            "WindowCenterWidthExplanation": "Algo1",
            "dBdt": 0.0
        },
