{"AcquisitionMatrixPE": 96, "AcquisitionNumber": 1, "AcquisitionTime": "07:17:16.200000", "BaseResolution": 96, "BodyPartExamined": "BRAIN", "ConsistencyInfo": "N4_VD11D_LATEST_20110129", "ConversionSoftware": "dcm2niix", "ConversionSoftwareVersion": "v1.0.20210317", "DeviceSerialNumber": "45239", "DwellTime": 9.2e-06, "EchoNumber": 2, "EchoTime": 0.00738, "EchoTime1": 0.00492, "EchoTime2": 0.00738, "FlipAngle": 50, "ImageOrientationPatientDICOM": [0.999816, -0.0171991, 0.0085003, 0.019185, 0.896321, -0.44299], "ImageType": ["ORIGINAL", "PRIMARY", "P", "ND", "PHASE"], "ImagingFrequency": 123.193, "InPlanePhaseEncodingDirectionDICOM": "COL", "InstitutionAddress": "E 24th St. 100,Austin,Southmiddle,US,78712", "InstitutionName": "Univ of Texas at Austin", "InstitutionalDepartmentName": "IRC", "MRAcquisitionType": "2D", "MagneticFieldStrength": 3, "Manufacturer": "Siemens", "ManufacturersModelName": "Skyra", "Modality": "MR", "PartialFourier": 1, "PatientPosition": "HFS", "PercentPhaseFOV": 100, "PercentSampling": 100, "PhaseEncodingDirection": "j-", "PhaseEncodingSteps": 96, "PhaseResolution": 1, "PixelBandwidth": 565, "ProcedureStepDescription": "Poldrack2^self-scanning", "ProtocolName": "gre_field_mapping", "PulseSequenceDetails": "%SiemensSeq%\\gre_field_mapping", "ReceiveCoilActiveElements": "HEA;HEP", "ReceiveCoilName": "Head_32", "ReconMatrixPE": 96, "RepetitionTime": 0.731, "SAR": 0.121024, "ScanningSequence": "GR", "SequenceName": "*fm2d2r", "SequenceVariant": "SP", "SeriesDescription": "gre_field_mapping", "SeriesNumber": 11, "ShimSetting": [-2742, 8055, -15437, 176, -149, 88, 225, -63], "SliceThickness": 2, "SliceTiming": [0.36719, 0, 0.375, 0.00781, 0.38281, 0.01562, 0.39844, 0.03125, 0.40625, 0.03906, 0.41406, 0.05469, 0.42969, 0.0625, 0.4375, 0.07031, 0.44531, 0.08594, 0.46094, 0.09375, 0.46875, 0.10938, 0.48438, 0.11719, 0.49219, 0.125, 0.50781, 0.14062, 0.51562, 0.14844, 0.52344, 0.15625, 0.53906, 0.17188, 0.54688, 0.17969, 0.55469, 0.19531, 0.57031, 0.20312, 0.57812, 0.21094, 0.58594, 0.22656, 0.60156, 0.23438, 0.60938, 0.25, 0.625, 0.25781, 0.63281, 0.26562, 0.64062, 0.27344, 0.65625, 0.28906, 0.66406, 0.29688, 0.67969, 0.3125, 0.6875, 0.32031, 0.69531, 0.32812, 0.70312, 0.34375, 0.71875, 0.35156], "SoftwareVersions": "syngo MR D11", "SpacingBetweenSlices": 2.4, "StationName": "AWP45239", "TxRefAmp": 347.194, "dcmmeta_affine": [[-2.395392417907715, 0.04596401005983353, 0.0, 117.76827239990234], [0.041206128895282745, 2.1474366188049316, -1.0633697509765625, -81.1456527709961], [0.020365295931696892, 1.0613292455673218, 2.1515655517578125, -84.92009735107422], [0.0, 0.0, 0.0, 1.0]], "dcmmeta_reorient_transform": [[0.0, -1.0, 0.0, 95.0], [1.0, 0.0, 0.0, 0.0], [0.0, 0.0, -1.0, 67.0], [0.0, 0.0, 0.0, 1.0]], "dcmmeta_shape": [96, 96, 68], "dcmmeta_slice_dim": 2, "dcmmeta_version": 0.6, "global": {"const": {"AcquisitionMatrix": [96, 0, 0, 96], "AcquisitionNumber": 1, "AngioFlag": "N", "BitsAllocated": 16, "BitsStored": 12, "BodyPartExamined": "BRAIN", "Columns": 96, "EchoNumbers": 2, "EchoTime": 7.38, "EchoTrainLength": 0, "FlipAngle": 50.0, "HighBit": 11, "ImageOrientationPatient": [0.99981595134421, -0.0171990808591, 0.00850029736357, 0.01918497948045, 0.89632144054311, -0.4429896294328], "ImageType": ["ORIGINAL", "PRIMARY", "P", "ND"], "ImagedNucleus": "1H", "ImagingFrequency": 123.1934, "InPlanePhaseEncodingDirection": "COL", "MRAcquisitionType": "2D", "MagneticFieldStrength": 3.0, "Manufacturer": "SIEMENS", "ManufacturerModelName": "Skyra", "Modality": "MR", "NumberOfAverages": 1.0, "NumberOfPhaseEncodingSteps": 96, "PercentPhaseFieldOfView": 100.0, "PercentSampling": 100.0, "PerformedProcedureStepStartTime": "063841.937000", "PhotometricInterpretation": "MONOCHROME2", "PixelBandwidth": 565.0, "PixelRepresentation": 0, "PixelSpacing": [2.3958332538605, 2.3958332538605], "ProtocolName": "gre_field_mapping", "RepetitionTime": 731.0, "RescaleIntercept": -4096.0, "RescaleSlope": 2.0, "RescaleType": "US", "Rows": 96, "SAR": 0.1210241689957, "SamplesPerPixel": 1, "ScanningSequence": "GR", "SequenceName": "*fm2d2r", "SequenceVariant": "SP", "SeriesDescription": "gre_field_mapping", "SeriesNumber": 11, "SeriesTime": "071938.281000", "SliceThickness": 2.0, "SoftwareVersions": "syngo MR D11", "SpacingBetweenSlices": 2.4, "SpecificCharacterSet": "ISO_IR 100", "StudyID": "1", "StudyTime": "063841.906000", "TransmitCoilName": "Body", "VariableFlipAngleFlag": "N", "WindowCenterWidthExplanation": "Algo1", "dBdt": 0.0}, "slices": {"AcquisitionTime": ["071716.200000", "071715.835000", "071716.210000", "071715.845000", "071716.220000", "071715.855000", "071716.232500", "071715.867500", "071716.242500", "071715.877500", "071716.252500", "071715.887500", "071716.265000", "071715.897500", "071716.275000", "071715.910000", "071716.285000", "071715.920000", "071716.297500", "071715.930000", "071716.307500", "071715.942500", "071716.317500", "071715.952500", "071716.327500", "071715.962500", "071716.340000", "071715.975000", "071716.350000", "071715.985000", "071716.360000", "071715.995000", "071716.372500", "071716.005000", "071716.382500", "071716.017500", "071716.392500", "071716.027500", "071716.405000", "071716.037500", "071716.415000", "071716.050000", "071716.425000", "071716.060000", "071716.435000", "071716.070000", "071716.447500", "071716.082500", "071716.457500", "071716.092500", "071716.467500", "071716.102500", "071716.480000", "071716.112500", "071716.490000", "071716.125000", "071716.500000", "071716.135000", "071716.512500", "071716.145000", "071716.522500", "071716.157500", "071716.532500", "071716.167500", "071716.542500", "071716.177500", "071716.555000", "071716.190000"], "ContentTime": ["071938.375000", "071938.281000", "071938.375000", "071938.296000", "071938.390000", "071938.296000", "071938.390000", "071938.296000", "071938.390000", "071938.296000", "071938.390000", "071938.296000", "071938.390000", "071938.296000", "071938.390000", "071938.296000", "071938.390000", "071938.312000", "071938.390000", "071938.312000", "071938.390000", "071938.312000", "071938.406000", "071938.328000", "071938.406000", "071938.328000", "071938.406000", "071938.328000", "071938.406000", "071938.328000", "071938.406000", "071938.328000", "071938.406000", "071938.328000", "071938.406000", "071938.343000", "071938.406000", "071938.343000", "071938.421000", "071938.343000", "071938.421000", "071938.343000", "071938.421000", "071938.359000", "071938.421000", "071938.359000", "071938.421000", "071938.359000", "071938.421000", "071938.359000", "071938.421000", "071938.359000", "071938.437000", "071938.359000", "071938.437000", "071938.375000", "071938.437000", "071938.375000", "071938.437000", "071938.375000", "071938.437000", "071938.375000", "071938.437000", "071938.375000", "071938.437000", "071938.375000", "071938.453000", "071938.375000"], "CsaImage.GSWDDataType": ["measured", "predicted", "measured", "predicted", "measured", "predicted", "measured", "predicted", "measured", "predicted", "measured", "predicted", "measured", "predicted", "measured", "predicted", "measured", "predicted", "measured", "predicted", "measured", "predicted", "measured", "predicted", "measured", "predicted", "measured", "predicted", "measured", "predicted", "measured", "predicted", "measured", "predicted", "measured", "predicted", "measured", "predicted", "measured", "predicted", "measured", "predicted", "measured", "predicted", "measured", "predicted", "measured", "predicted", "measured", "predicted", "measured", "predicted", "measured", "predicted", "measured", "predicted", "measured", "measured", "measured", "measured", "measured", "measured", "measured", "measured", "measured", "measured", "measured", "measured"], "CsaImage.ICE_Dims": ["X_2_1_1_1_1_1_35_1_1_1_1_419", "X_2_1_1_1_1_1_1_1_1_2_1_419", "X_2_1_1_1_1_1_36_1_1_3_1_419", "X_2_1_1_1_1_1_2_1_1_4_1_419", "X_2_1_1_1_1_1_37_1_1_5_1_419", "X_2_1_1_1_1_1_3_1_1_6_1_419", "X_2_1_1_1_1_1_38_1_1_7_1_419", "X_2_1_1_1_1_1_4_1_1_8_1_419", "X_2_1_1_1_1_1_39_1_1_9_1_419", "X_2_1_1_1_1_1_5_1_1_10_1_419", "X_2_1_1_1_1_1_40_1_1_11_1_419", "X_2_1_1_1_1_1_6_1_1_12_1_419", "X_2_1_1_1_1_1_41_1_1_13_1_419", "X_2_1_1_1_1_1_7_1_1_14_1_419", "X_2_1_1_1_1_1_42_1_1_15_1_419", "X_2_1_1_1_1_1_8_1_1_16_1_419", "X_2_1_1_1_1_1_43_1_1_17_1_419", "X_2_1_1_1_1_1_9_1_1_18_1_419", "X_2_1_1_1_1_1_44_1_1_19_1_419", "X_2_1_1_1_1_1_10_1_1_20_1_419", "X_2_1_1_1_1_1_45_1_1_21_1_419", "X_2_1_1_1_1_1_11_1_1_22_1_419", "X_2_1_1_1_1_1_46_1_1_23_1_419", "X_2_1_1_1_1_1_12_1_1_24_1_419", "X_2_1_1_1_1_1_47_1_1_25_1_419", "X_2_1_1_1_1_1_13_1_1_26_1_419", "X_2_1_1_1_1_1_48_1_1_27_1_419", "X_2_1_1_1_1_1_14_1_1_28_1_419", "X_2_1_1_1_1_1_49_1_1_29_1_419", "X_2_1_1_1_1_1_15_1_1_30_1_419", "X_2_1_1_1_1_1_50_1_1_31_1_419", "X_2_1_1_1_1_1_16_1_1_32_1_419", "X_2_1_1_1_1_1_51_1_1_33_1_419", "X_2_1_1_1_1_1_17_1_1_34_1_419", "X_2_1_1_1_1_1_52_1_1_35_1_419", "X_2_1_1_1_1_1_18_1_1_36_1_419", "X_2_1_1_1_1_1_53_1_1_37_1_419", "X_2_1_1_1_1_1_19_1_1_38_1_419", "X_2_1_1_1_1_1_54_1_1_39_1_419", "X_2_1_1_1_1_1_20_1_1_40_1_419", "X_2_1_1_1_1_1_55_1_1_41_1_419", "X_2_1_1_1_1_1_21_1_1_42_1_419", "X_2_1_1_1_1_1_56_1_1_43_1_419", "X_2_1_1_1_1_1_22_1_1_44_1_419", "X_2_1_1_1_1_1_57_1_1_45_1_419", "X_2_1_1_1_1_1_23_1_1_46_1_419", "X_2_1_1_1_1_1_58_1_1_47_1_419", "X_2_1_1_1_1_1_24_1_1_48_1_419", "X_2_1_1_1_1_1_59_1_1_49_1_419", "X_2_1_1_1_1_1_25_1_1_50_1_419", "X_2_1_1_1_1_1_60_1_1_51_1_419", "X_2_1_1_1_1_1_26_1_1_52_1_419", "X_2_1_1_1_1_1_61_1_1_53_1_419", "X_2_1_1_1_1_1_27_1_1_54_1_419", "X_2_1_1_1_1_1_62_1_1_55_1_419", "X_2_1_1_1_1_1_28_1_1_56_1_419", "X_2_1_1_1_1_1_63_1_1_57_1_419", "X_2_1_1_1_1_1_29_1_1_58_1_419", "X_2_1_1_1_1_1_64_1_1_59_1_419", "X_2_1_1_1_1_1_30_1_1_60_1_419", "X_2_1_1_1_1_1_65_1_1_61_1_419", "X_2_1_1_1_1_1_31_1_1_62_1_419", "X_2_1_1_1_1_1_66_1_1_63_1_419", "X_2_1_1_1_1_1_32_1_1_64_1_419", "X_2_1_1_1_1_1_67_1_1_65_1_419", "X_2_1_1_1_1_1_33_1_1_66_1_419", "X_2_1_1_1_1_1_68_1_1_67_1_419", "X_2_1_1_1_1_1_34_1_1_68_1_419"], "CsaImage.ProtocolSliceNumber": [0, 1, 2, 3, 4, 5, 6, 7, 8, 9, 10, 11, 12, 13, 14, 15, 16, 17, 18, 19, 20, 21, 22, 23, 24, 25, 26, 27, 28, 29, 30, 31, 32, 33, 34, 35, 36, 37, 38, 39, 40, 41, 42, 43, 44, 45, 46, 47, 48, 49, 50, 51, 52, 53, 54, 55, 56, 57, 58, 59, 60, 61, 62, 63, 64, 65, 66, 67], "CsaImage.RFSWDDataType": ["measured", "predicted", "measured", "predicted", "measured", "predicted", "measured", "predicted", "measured", "predicted", "measured", "predicted", "measured", "predicted", "measured", "predicted", "measured", "predicted", "measured", "predicted", "measured", "predicted", "measured", "predicted", "measured", "predicted", "measured", "predicted", "measured", "predicted", "measured", "predicted", "measured", "predicted", "measured", "predicted", "measured", "predicted", "measured", "predicted", "measured", "predicted", "measured", "predicted", "measured", "predicted", "measured", "predicted", "measured", "predicted", "measured", "predicted", "measured", "predicted", "measured", "measured", "measured", "measured", "measured", "measured", "measured", "measured", "measured", "measured", "measured", "measured", "measured", "measured"], "CsaImage.SlicePosition_PCS": [[-122.13485215, -122.86090692, 15.90605653], [-122.13485215, -121.79753526, 18.0576259], [-122.13485215, -120.73416361, 20.20919336], [-122.13485215, -119.67079386, 22.36076082], [-122.13485215, -118.6074222, 24.51232828], [-122.13485215, -117.54405245, 26.66389574], [-122.13485215, -116.48068079, 28.8154632], [-122.13485215, -115.41731008, 30.96703066], [-122.13485215, -114.35393938, 33.11859811], [-122.13485215, -113.29056867, 35.27016557], [-122.13485215, -112.22719702, 37.42173208], [-122.13485215, -111.16382631, 39.57329954], [-122.13485215, -110.10045561, 41.724867], [-122.13485215, -109.0370849, 43.87643493], [-122.13485215, -107.9737142, 46.02800239], [-122.13485215, -106.91034302, 48.17956973], [-122.13485215, -105.84697231, 50.33113716], [-122.13485215, -104.78360137, 52.48270453], [-122.13485215, -103.72023066, 54.63427223], [-122.13485215, -102.65685972, 56.78583969], [-122.13485215, -101.5934889, 58.93740667], [-122.13485215, -100.53011801, 61.08897413], [-122.13485215, -99.46674713, 63.24054159], [-122.13485215, -98.40337642, 65.39210905], [-122.13485215, -97.34000548, 67.54367746], [-122.13485215, -96.27663454, 69.69524492], [-122.13485215, -95.21326383, 71.84681238], [-122.13485215, -94.14989265, 73.99837984], [-122.13485215, -93.08652242, 76.1499473], [-122.13485215, -92.02315077, 78.30151285], [-122.13485215, -90.95978006, 80.45308031], [-122.13485215, -89.89640936, 82.60464967], [-122.13485215, -88.83303865, 84.75621523], [-122.13485215, -87.76966795, 86.90778459], [-122.13485215, -86.70629724, 89.05935014], [-122.13485215, -85.64292558, 91.21091951], [-122.13485215, -84.57955583, 93.36248506], [-122.13485215, -83.51618418, 95.51405443], [-122.13485215, -82.45281252, 97.66561998], [-122.13485215, -81.38944277, 99.81718935], [-122.13485215, -80.32607111, 101.9687549], [-122.13485215, -79.26270136, 104.12032426], [-122.13485215, -78.1993297, 106.27188982], [-122.13485215, -77.13595995, 108.42345918], [-122.13485215, -76.07258829, 110.57502473], [-122.13485215, -75.00921663, 112.7265941], [-122.13485215, -73.94584688, 114.87815965], [-122.13485215, -72.88247522, 117.0297252], [-122.13485215, -71.81910547, 119.18129839], [-122.13485215, -70.75573381, 121.33286394], [-122.13485215, -69.69236406, 123.48442949], [-122.13485215, -68.6289905, 125.63599504], [-122.13485215, -67.56562074, 127.78756822], [-122.13485215, -66.50225099, 129.93913377], [-122.13485215, -65.43888124, 132.09069933], [-122.13485215, -64.37550768, 134.24226488], [-122.13485215, -63.31213793, 136.39383806], [-122.13485215, -62.24876817, 138.54540361], [-122.13485215, -61.18539461, 140.69696916], [-122.13485215, -60.12202486, 142.84853471], [-122.13485215, -59.05865511, 145.0001079], [-122.13485215, -57.99528536, 147.15167345], [-122.13485215, -56.93191179, 149.303239], [-122.13485215, -55.86854204, 151.45480455], [-122.13485215, -54.80517229, 153.60637773], [-122.13485215, -53.74179872, 155.75794328], [-122.13485215, -52.67842897, 157.90950884], [-122.13485215, -51.61505922, 160.06107439]], "CsaImage.TimeAfterStart": [1.0975, 0.7325, 1.11, 0.7425, 1.12, 0.755, 1.13, 0.765, 1.14, 0.775, 1.1525, 0.7875, 1.1625, 0.7975, 1.1725, 0.8075, 1.185, 0.8175, 1.195, 0.83, 1.205, 0.84, 1.2175, 0.85, 1.2275, 0.8625, 1.2375, 0.8725, 1.2475, 0.8825, 1.26, 0.895, 1.27, 0.905, 1.28, 0.915, 1.2925, 0.925, 1.3025, 0.9375, 1.3125, 0.9475, 1.325, 0.9575, 1.335, 0.97, 1.345, 0.98, 1.355, 0.99, 1.3675, 1.0025, 1.3775, 1.0125, 1.3875, 1.0225, 1.4, 1.0325, 1.41, 1.045, 1.42, 1.055, 1.4325, 1.065, 1.4425, 1.0775, 1.4525, 1.0875], "ImagePositionPatient": [[-122.13485215058, -122.86090692304, 15.906056534184], [-122.13485215058, -121.79753526472, 18.057625900639], [-122.13485215058, -120.73416360639, 20.209193359745], [-122.13485215058, -119.67079385542, 22.360760818852], [-122.13485215058, -118.60742219709, 24.512328277958], [-122.13485215058, -117.54405244612, 26.663895737065], [-122.13485215058, -116.48068078779, 28.815463196171], [-122.13485215058, -115.41731008314, 30.967030655278], [-122.13485215058, -114.35393937849, 33.118598114384], [-122.13485215058, -113.29056867384, 35.270165573491], [-122.13485215058, -112.22719701551, 37.421732078923], [-122.13485215058, -111.16382631086, 39.573299538029], [-122.13485215058, -110.10045560621, 41.724866997136], [-122.13485215058, -109.03708490156, 43.876434933079], [-122.13485215058, -107.97371419691, 46.028002392186], [-122.13485215058, -106.91034301542, 48.179569732083], [-122.13485215058, -105.84697231077, 50.331137161387], [-122.13485215058, -104.7836013677, 52.482704531086], [-122.13485215058, -103.72023066305, 54.634272228611], [-122.13485215058, -102.65685971998, 56.785839687718], [-122.13485215058, -101.59348889612, 58.937406669987], [-122.13485215058, -100.53011801266, 61.088974129094], [-122.13485215058, -99.466747129191, 63.2405415882], [-122.13485215058, -98.40337642454, 65.392109047306], [-122.13485215058, -97.34000548147, 67.543677460087], [-122.13485215058, -96.276634538401, 69.695244919194], [-122.13485215058, -95.21326383375, 71.8468123783], [-122.13485215058, -94.149892652262, 73.998379837407], [-122.13485215058, -93.086522424448, 76.149947296513], [-122.13485215058, -92.023150766123, 78.301512848271], [-122.13485215058, -90.959780061472, 80.453080307377], [-122.13485215058, -89.896409356821, 82.604649673832], [-122.13485215058, -88.833038652171, 84.75621522559], [-122.13485215058, -87.76966794752, 86.907784592045], [-122.13485215058, -86.706297242869, 89.059350143803], [-122.13485215058, -85.642925584544, 91.210919510258], [-122.13485215058, -84.579555833567, 93.362485062016], [-122.13485215058, -83.516184175242, 95.514054428471], [-122.13485215058, -82.452812516917, 97.665619980229], [-122.13485215058, -81.38944276594, 99.817189346684], [-122.13485215058, -80.326071107615, 101.96875489844], [-122.13485215058, -79.262701356638, 104.1203242649], [-122.13485215058, -78.199329698313, 106.27188981665], [-122.13485215058, -77.135959947337, 108.42345918311], [-122.13485215058, -76.072588289011, 110.57502473487], [-122.13485215058, -75.009216630686, 112.72659410132], [-122.13485215058, -73.94584687971, 114.87815965308], [-122.13485215058, -72.882475221384, 117.02972520484], [-122.13485215058, -71.819105470408, 119.18129838599], [-122.13485215058, -70.755733812083, 121.33286393775], [-122.13485215058, -69.692364061106, 123.48442948951], [-122.13485215058, -68.628990495432, 125.63599504126], [-122.13485215058, -67.565620744456, 127.78756822242], [-122.13485215058, -66.502250993479, 129.93913377417], [-122.13485215058, -65.438881242503, 132.09069932593], [-122.13485215058, -64.375507676829, 134.24226487769], [-122.13485215058, -63.312137925852, 136.39383805884], [-122.13485215058, -62.248768174876, 138.5454036106], [-122.13485215058, -61.185394609202, 140.69696916236], [-122.13485215058, -60.122024858225, 142.84853471412], [-122.13485215058, -59.058655107249, 145.00010789527], [-122.13485215058, -57.995285356272, 147.15167344703], [-122.13485215058, -56.931911790598, 149.30323899878], [-122.13485215058, -55.868542039622, 151.45480455054], [-122.13485215058, -54.805172288645, 153.60637773169], [-122.13485215058, -53.741798722971, 155.75794328345], [-122.13485215058, -52.678428971995, 157.90950883521], [-122.13485215058, -51.615059221018, 160.06107438697]], "InstanceCreationTime": ["071938.375000", "071938.281000", "071938.375000", "071938.296000", "071938.390000", "071938.296000", "071938.390000", "071938.296000", "071938.390000", "071938.296000", "071938.390000", "071938.296000", "071938.390000", "071938.296000", "071938.390000", "071938.296000", "071938.390000", "071938.312000", "071938.390000", "071938.312000", "071938.390000", "071938.312000", "071938.406000", "071938.328000", "071938.406000", "071938.328000", "071938.406000", "071938.328000", "071938.406000", "071938.328000", "071938.406000", "071938.328000", "071938.406000", "071938.328000", "071938.406000", "071938.343000", "071938.406000", "071938.343000", "071938.421000", "071938.343000", "071938.421000", "071938.343000", "071938.421000", "071938.359000", "071938.421000", "071938.359000", "071938.421000", "071938.359000", "071938.421000", "071938.359000", "071938.421000", "071938.359000", "071938.437000", "071938.359000", "071938.437000", "071938.375000", "071938.437000", "071938.375000", "071938.437000", "071938.375000", "071938.437000", "071938.375000", "071938.437000", "071938.375000", "071938.437000", "071938.375000", "071938.453000", "071938.375000"], "InstanceNumber": [1, 2, 3, 4, 5, 6, 7, 8, 9, 10, 11, 12, 13, 14, 15, 16, 17, 18, 19, 20, 21, 22, 23, 24, 25, 26, 27, 28, 29, 30, 31, 32, 33, 34, 35, 36, 37, 38, 39, 40, 41, 42, 43, 44, 45, 46, 47, 48, 49, 50, 51, 52, 53, 54, 55, 56, 57, 58, 59, 60, 61, 62, 63, 64, 65, 66, 67, 68], "LargestImagePixelValue": [4094, 4094, 4093, 4093, 4094, 4094, 4094, 4094, 4094, 4093, 4093, 4094, 4092, 4094, 4094, 4093, 4093, 4094, 4093, 4092, 4093, 4092, 4094, 4094, 4090, 4087, 4093, 4087, 4094, 4094, 4094, 4091, 4094, 4092, 4088, 4094, 4094, 4093, 4094, 4092, 4093, 4093, 4094, 4093, 4094, 4083, 4090, 4091, 4094, 4092, 4093, 4093, 4094, 4093, 4094, 4094, 4093, 4093, 4093, 4094, 4094, 4094, 4094, 4093, 4094, 4093, 4094, 4094], "SliceLocation": [-40.176564445498, -37.7765623575, -35.376561979413, -32.976562446418, -30.576562068332, -28.176562535337, -25.77656215725, -23.37656220171, -20.976562246169, -18.576562290628, -16.176562767498, -13.776562811957, -11.376562856417, -8.9765624733978, -6.5765625178571, -4.1765624579131, -1.7765625290897, 0.62343745193527, 3.023437621215, 5.4234376823921, 7.823437263273, 10.223437298041, 12.623437332809, 15.02343728835, 17.423438204483, 19.82343826566, 22.223438221201, 24.623438388014, 27.023438132282, 29.423436800456, 31.823436755997, 34.22343842145, 36.623436667079, 39.023438332531, 41.42343657816, 43.823438666159, 46.223436489241, 48.62343857724, 51.023437245414, 53.423438488321, 55.823437156496, 58.223438399403, 60.623437067577, 63.023438310484, 65.423436978658, 67.823439066657, 70.22343688974, 72.623435557914, 75.023440220646, 77.42343888882, 79.823436711903, 82.223436225168, 84.6234408879, 87.023438710983, 89.423436534066, 91.823436047331, 94.223440710063, 96.623438533146, 99.023438046411, 101.42343586949, 103.82344053223, 106.22343835531, 108.62343786857, 111.02343569166, 113.42344035439, 115.82343986765, 118.22343769074, 120.62343551382], "SmallestImagePixelValue": [0, 0, 0, 0, 1, 0, 0, 0, 0, 1, 0, 0, 0, 0, 0, 3, 1, 0, 4, 0, 0, 4, 0, 2, 0, 3, 0, 4, 0, 0, 0, 1, 0, 1, 7, 8, 3, 6, 1, 1, 0, 6, 1, 1, 2, 1, 0, 3, 2, 0, 1, 0, 8, 1, 0, 1, 1, 0, 0, 0, 0, 0, 1, 1, 0, 0, 0, 3], "WindowCenter": [-146.0, -94.0, -66.0, -158.0, -240.0, -254.0, -254.0, -390.0, -404.0, -482.0, -656.0, -518.0, -446.0, -454.0, -502.0, -532.0, -506.0, -502.0, -462.0, -450.0, -402.0, -442.0, -434.0, -386.0, -402.0, -384.0, -384.0, -352.0, -336.0, -292.0, -264.0, -232.0, -238.0, -272.0, -238.0, -210.0, -174.0, -166.0, -132.0, -150.0, -148.0, -166.0, -144.0, -124.0, -110.0, -134.0, -130.0, -128.0, -134.0, -164.0, -166.0, -230.0, -178.0, -214.0, -220.0, -216.0, -258.0, -310.0, -270.0, -336.0, -346.0, -352.0, -346.0, -414.0, -454.0, -420.0, -432.0, -438.0], "WindowWidth": [5980.0, 6258.0, 6332.0, 6334.0, 6246.0, 6374.0, 6290.0, 6094.0, 5642.0, 5406.0, 4882.0, 4880.0, 4880.0, 4876.0, 4830.0, 4752.0, 4680.0, 4630.0, 4574.0, 4504.0, 4474.0, 4386.0, 4344.0, 4364.0, 4312.0, 4262.0, 4198.0, 4166.0, 4100.0, 4042.0, 4022.0, 3970.0, 3944.0, 3980.0, 3994.0, 4032.0, 4060.0, 4092.0, 4104.0, 4138.0, 4184.0, 4198.0, 4208.0, 4200.0, 4208.0, 4218.0, 4236.0, 4248.0, 4220.0, 4244.0, 4254.0, 4328.0, 4292.0, 4346.0, 4338.0, 4364.0, 4428.0, 4478.0, 4498.0, 4546.0, 4614.0, 4656.0, 4722.0, 4840.0, 4832.0, 4904.0, 4932.0, 4962.0]}}}