{"AcquisitionMatrixPE": 96, "AcquisitionNumber": 1, "AcquisitionTime": "07:04:53.522500", "BandwidthPerPixelPhaseEncode": 33.602, "BaseResolution": 96, "BodyPartExamined": "BRAIN", "ConsistencyInfo": "N4_VD11D_LATEST_20110129", "ConversionSoftware": "dcm2niix", "ConversionSoftwareVersion": "v1.0.20210317", "DerivedVendorReportedEchoSpacing": 0.000620003, "DeviceSerialNumber": "45239", "DwellTime": 2.6e-06, "EchoTime": 0.036, "EchoTrainLength": 48, "EffectiveEchoSpacing": 0.000310001, "FlipAngle": 90, "ImageOrientationPatientDICOM": [0.999816, -0.0172103, 0.00850583, 0.0191974, 0.896321, -0.44299], "ImageType": ["ORIGINAL", "PRIMARY", "M", "ND", "NORM", "MOSAIC"], "ImagingFrequency": 123.193, "InPlanePhaseEncodingDirectionDICOM": "COL", "InstitutionAddress": "E 24th St. 100,Austin,Southmiddle,US,78712", "InstitutionName": "Univ of Texas at Austin", "InstitutionalDepartmentName": "IRC", "MRAcquisitionType": "2D", "MagneticFieldStrength": 3, "Manufacturer": "Siemens", "ManufacturersModelName": "Skyra", "Modality": "MR", "ParallelReductionFactorInPlane": 2, "PartialFourier": 1, "PatientPosition": "HFS", "PercentPhaseFOV": 100, "PercentSampling": 100, "PhaseEncodingDirection": "j", "PhaseEncodingSteps": 96, "PhaseResolution": 1, "PixelBandwidth": 2005, "ProcedureStepDescription": "Poldrack2^self-scanning", "ProtocolName": "MB-SE_FieldMap_P-A", "PulseSequenceDetails": "%CustomerSeq%\\cmrr_mbep2d_se", "ReceiveCoilActiveElements": "HEA;HEP", "ReceiveCoilName": "Head_32", "ReconMatrixPE": 96, "RefLinesPE": 48, "RepetitionTime": 4.55, "SAR": 0.378444, "ScanOptions": "FS", "ScanningSequence": "EP", "SequenceName": "epse2d1_96", "SequenceVariant": "SK", "SeriesDescription": "MB-SE_FieldMap_P-A", "SeriesNumber": 7, "ShimSetting": [-2777, 8039, -15474, 168, -258, 188, 256, -82], "SliceThickness": 2, "SliceTiming": [2.275, 0, 2.34, 0.0675, 2.4075, 0.1325, 2.475, 0.2, 2.5425, 0.2675, 2.61, 0.335, 2.675, 0.4, 2.7425, 0.4675, 2.81, 0.535, 2.8775, 0.6025, 2.9425, 0.6675, 3.01, 0.735, 3.0775, 0.8025, 3.145, 0.87, 3.21, 0.9375, 3.2775, 1.0025, 3.345, 1.07, 3.4125, 1.1375, 3.4775, 1.205, 3.545, 1.27, 3.6125, 1.3375, 3.68, 1.405, 3.745, 1.4725, 3.8125, 1.5375, 3.88, 1.605, 3.9475, 1.6725, 4.0125, 1.74, 4.08, 1.805, 4.1475, 1.8725, 4.215, 1.94, 4.2825, 2.0075, 4.3475, 2.0725, 4.415, 2.14, 4.4825, 2.2075], "SoftwareVersions": "syngo MR D11", "SpacingBetweenSlices": 2.4, "StationName": "AWP45239", "TotalReadoutTime": 0.0294501, "TxRefAmp": 347.194, "WipMemBlock": "7e0cb589-afc8-4f82-b3a4-fc2d6594e4c3||Sequence: VD11D r207; Feb 20 2013 16:27:29 by eja", "dcmmeta_affine": [[-2.3953917026519775, 0.045993879437446594, -1.6831707583264688e-08, 117.76683807373047], [0.041232895106077194, 2.1474361419677734, -1.0633708238601685, -81.14684295654297], [0.02037854678928852, 1.0613291263580322, 2.1515674591064453, -84.92085266113281], [0.0, 0.0, 0.0, 1.0]], "dcmmeta_reorient_transform": [[0.0, -1.0, 0.0, 95.0], [1.0, 0.0, 0.0, 0.0], [0.0, 0.0, 1.0, 0.0], [0.0, 0.0, 0.0, 1.0]], "dcmmeta_shape": [96, 96, 68, 5], "dcmmeta_slice_dim": 2, "dcmmeta_version": 0.6, "global": {"const": {"AcquisitionMatrix": [96, 0, 0, 96], "AngioFlag": "N", "BitsAllocated": 16, "BitsStored": 16, "BodyPartExamined": "BRAIN", "Columns": 864, "EchoNumbers": 1, "EchoTime": 36.0, "EchoTrainLength": 48, "FlipAngle": 90.0, "HighBit": 15, "ImageOrientationPatient": [0.99981571206303, -0.0172102524426, 0.00850582875142, 0.01919744545211, 0.8963212181674, -0.4429895393246], "ImagePositionPatient": [-1059.6283320361, -931.64165825624, 415.63041053008], "ImageType": ["ORIGINAL", "PRIMARY", "M", "ND", "NORM", "MOSAIC"], "ImagedNucleus": "1H", "ImagingFrequency": 123.193408, "InPlanePhaseEncodingDirection": "COL", "MRAcquisitionType": "2D", "MagneticFieldStrength": 3.0, "Manufacturer": "SIEMENS", "ManufacturerModelName": "Skyra", "Modality": "MR", "NumberOfAverages": 1.0, "NumberOfPhaseEncodingSteps": 96, "PercentPhaseFieldOfView": 100.0, "PercentSampling": 100.0, "PerformedProcedureStepStartTime": "063841.937000", "PhotometricInterpretation": "MONOCHROME2", "PixelBandwidth": 2005.0, "PixelRepresentation": 0, "PixelSpacing": [2.3958332538605, 2.3958332538605], "ProtocolName": "MB-SE_FieldMap_P-A", "RepetitionTime": 4550.0, "Rows": 864, "SAR": 0.37844366712871, "SamplesPerPixel": 1, "ScanOptions": "FS", "ScanningSequence": "EP", "SequenceName": "epse2d1_96", "SequenceVariant": "SK", "SeriesDescription": "MB-SE_FieldMap_P-A", "SeriesNumber": 7, "SeriesTime": "070514.625000", "SliceLocation": -40.176564481766, "SliceThickness": 2.0, "SmallestImagePixelValue": 0, "SoftwareVersions": "syngo MR D11", "SpacingBetweenSlices": 2.3999999993928, "SpecificCharacterSet": "ISO_IR 100", "StudyID": "1", "StudyTime": "063841.906000", "TransmitCoilName": "Body", "VariableFlipAngleFlag": "N", "WindowCenterWidthExplanation": "Algo1", "dBdt": 0.0}, "slices": {}}, "time": {"samples": {"AcquisitionNumber": [1, 2, 3, 4, 5], "AcquisitionTime": ["070453.522500", "070458.072500", "070502.622500", "070507.172500", "070511.722500"], "ContentTime": ["070514.625000", "070514.640000", "070514.640000", "070514.640000", "070514.640000"], "InstanceCreationTime": ["070514.625000", "070514.640000", "070514.640000", "070514.640000", "070514.640000"], "InstanceNumber": [1, 2, 3, 4, 5], "LargestImagePixelValue": [43210, 42998, 42624, 43334, 43324], "WindowCenter": [7301.0, 7288.0, 7288.0, 7291.0, 7305.0], "WindowWidth": [15563.0, 15548.0, 15553.0, 15551.0, 15578.0]}, "slices": {}}}