{"AcquisitionMatrixPE": 256, "AcquisitionNumber": 1, "AcquisitionTime": "17:30:2.487500", "BaseResolution": 256, "BodyPartExamined": "BRAIN", "ConsistencyInfo": "N4_VD11D_LATEST_20110129", "ConversionSoftware": "dcm2niix", "ConversionSoftwareVersion": "v1.0.20210317", "DeviceSerialNumber": "45239", "DwellTime": 7.3e-06, "EchoTime": 0.00195, "FlipAngle": 8, "ImageOrientationPatientDICOM": [0.026331, 0.994788, -0.0985068, 0.0627222, -0.0999909, -0.993009], "ImageType": ["ORIGINAL", "PRIMARY", "M", "ND", "NORM"], "ImagingFrequency": 123.193, "InPlanePhaseEncodingDirectionDICOM": "ROW", "InstitutionAddress": "E 24th St. 100,Austin,Southmiddle,US,78712", "InstitutionName": "Univ of Texas at Austin", "InstitutionalDepartmentName": "IRC", "InversionTime": 1, "MRAcquisitionType": "3D", "MagneticFieldStrength": 3, "Manufacturer": "Siemens", "ManufacturersModelName": "Skyra", "Modality": "MR", "ParallelReductionFactorInPlane": 2, "PartialFourier": 1, "PatientPosition": "HFS", "PercentPhaseFOV": 100, "PercentSampling": 100, "PhaseEncodingSteps": 282, "PhaseOversampling": 0.1, "PhaseResolution": 1, "PixelBandwidth": 270, "ProcedureStepDescription": "Poldrack2^self-scanning", "ProtocolName": "T1w_MPR1_PMC", "PulseSequenceDetails": "%SiemensSeq%\\tfl", "ReceiveCoilActiveElements": "HEA;HEP", "ReceiveCoilName": "Head_32", "ReconMatrixPE": 256, "RefLinesPE": 32, "RepetitionTime": 2.4, "SAR": 0.0607246, "ScanOptions": "IR\\WE", "ScanningSequence": "GR\\IR", "SequenceName": "*tfl3d1_16ns", "SequenceVariant": "SK\\SP\\MP\\OSP", "SeriesDescription": "T1w_MPR1_PMC", "SeriesNumber": 12, "ShimSetting": [-2796, 8019, -15551, 146, -270, -183, 67, -118], "SliceThickness": 0.8, "SoftwareVersions": "syngo MR D11", "StationName": "AWP45239", "TxRefAmp": 345.083, "dcmmeta_affine": [[0.7981469035148621, 0.021085388958454132, 0.050226736813783646, -109.35386657714844], [-0.01597471348941326, 0.7966075539588928, -0.0800708532333374, -101.76219940185547], [-0.05202249810099602, 0.07888243347406387, 0.7951833605766296, -91.9965591430664], [0.0, 0.0, 0.0, 1.0]], "dcmmeta_reorient_transform": [[0.0, 0.0, -1.0, 255.0], [0.0, -1.0, 0.0, 255.0], [-1.0, 0.0, 0.0, 255.0], [0.0, 0.0, 0.0, 1.0]], "dcmmeta_shape": [256, 256, 256], "dcmmeta_slice_dim": 0, "dcmmeta_version": 0.6, "global": {"const": {"AcquisitionMatrix": [0, 256, 256, 0], "AcquisitionNumber": 1, "AcquisitionTime": "173002.487500", "AngioFlag": "N", "BitsAllocated": 16, "BitsStored": 12, "BodyPartExamined": "BRAIN", "Columns": 256, "EchoNumbers": 1, "EchoTime": 1.95, "EchoTrainLength": 1, "FlipAngle": 8.0, "HighBit": 11, "ImageOrientationPatient": [0.02633102266482, 0.99478795660261, -0.0985068456699, 0.06272216823379, -0.0999909233677, -0.9930094384527], "ImageType": ["ORIGINAL", "PRIMARY", "M", "ND", "NORM"], "ImagedNucleus": "1H", "ImagingFrequency": 123.193474, "InPlanePhaseEncodingDirection": "ROW", "InversionTime": 1000.0, "MRAcquisitionType": "3D", "MagneticFieldStrength": 3.0, "Manufacturer": "SIEMENS", "ManufacturerModelName": "Skyra", "Modality": "MR", "NumberOfAverages": 1.0, "NumberOfPhaseEncodingSteps": 282, "PercentPhaseFieldOfView": 100.0, "PercentSampling": 100.0, "PerformedProcedureStepStartTime": "165810.953000", "PhotometricInterpretation": "MONOCHROME2", "PixelBandwidth": 270.0, "PixelRepresentation": 0, "PixelSpacing": [0.80078125, 0.80078125], "ProtocolName": "T1w_MPR1_PMC", "RepetitionTime": 2400.0, "Rows": 256, "SAR": 0.06072465042198, "SamplesPerPixel": 1, "ScanOptions": ["IR", "WE"], "ScanningSequence": ["GR", "IR"], "SequenceName": "*tfl3d1_16ns", "SequenceVariant": ["SK", "SP", "MP", "OSP"], "SeriesDescription": "T1w_MPR1_PMC", "SeriesNumber": 12, "SeriesTime": "173629.953000", "SliceThickness": 0.80000001192093, "SmallestImagePixelValue": 0, "SoftwareVersions": "syngo MR D11", "SpecificCharacterSet": "ISO_IR 100", "StudyID": "1", "StudyTime": "165810.812000", "TransmitCoilName": "Body", "VariableFlipAngleFlag": "N", "WindowCenterWidthExplanation": "Algo1", "dBdt": 0.0}, "slices": {"ContentTime": ["173631.718000", "173631.718000", "173631.703000", "173631.703000", "173631.703000", "173631.703000", "173631.687000", "173631.687000", "173631.687000", "173631.687000", "173631.687000", "173631.671000", "173631.671000", "173631.671000", "173631.671000", "173631.671000", "173631.656000", "173631.656000", "173631.656000", "173631.656000", "173631.656000", "173631.656000", "173631.656000", "173631.656000", "173631.640000", "173631.640000", "173631.640000", "173631.640000", "173631.640000", "173631.640000", "173631.640000", "173631.625000", "173631.625000", "173631.625000", "173631.625000", "173631.625000", "173631.609000", "173631.609000", "173631.609000", "173631.609000", "173631.609000", "173631.593000", "173631.593000", "173631.593000", "173631.593000", "173631.593000", "173631.593000", "173631.593000", "173631.578000", "173631.578000", "173631.578000", "173631.578000", "173631.562000", "173631.562000", "173631.562000", "173631.562000", "173630.546000", "173630.546000", "173630.546000", "173630.546000", "173630.546000", "173630.546000", "173630.531000", "173630.531000", "173630.531000", "173630.531000", "173630.515000", "173630.515000", "173630.515000", "173630.515000", "173630.515000", "173630.500000", "173630.500000", "173630.500000", "173630.484000", "173630.484000", "173630.468000", "173630.468000", "173630.468000", "173630.468000", "173630.453000", "173630.453000", "173630.453000", "173630.453000", "173630.453000", "173630.453000", "173630.437000", "173630.437000", "173630.437000", "173630.437000", "173630.437000", "173630.421000", "173630.421000", "173630.421000", "173630.421000", "173630.421000", "173630.421000", "173630.421000", "173630.406000", "173630.406000", "173630.406000", "173630.406000", "173630.406000", "173630.406000", "173630.406000", "173630.390000", "173630.390000", "173630.390000", "173630.390000", "173630.390000", "173630.390000", "173630.390000", "173630.375000", "173630.375000", "173630.375000", "173630.375000", "173630.375000", "173630.375000", "173630.359000", "173630.359000", "173630.359000", "173630.359000", "173630.359000", "173630.359000", "173630.359000", "173630.343000", "173630.343000", "173630.343000", "173630.343000", "173630.343000", "173630.343000", "173630.343000", "173630.343000", "173630.328000", "173630.328000", "173630.328000", "173630.312000", "173630.312000", "173630.312000", "173630.312000", "173630.312000", "173630.296000", "173630.296000", "173630.296000", "173630.296000", "173630.296000", "173630.296000", "173630.281000", "173630.281000", "173630.281000", "173630.281000", "173630.281000", "173630.281000", "173630.265000", "173630.265000", "173630.265000", "173630.265000", "173630.265000", "173630.265000", "173630.265000", "173630.250000", "173630.250000", "173630.250000", "173630.250000", "173630.250000", "173630.234000", "173630.234000", "173630.234000", "173630.234000", "173630.234000", "173630.218000", "173630.218000", "173630.218000", "173630.218000", "173630.218000", "173630.203000", "173630.203000", "173630.203000", "173630.203000", "173630.203000", "173630.187000", "173630.187000", "173630.187000", "173630.187000", "173630.187000", "173630.171000", "173630.171000", "173630.171000", "173630.171000", "173630.171000", "173630.156000", "173630.156000", "173630.156000", "173630.156000", "173630.156000", "173630.140000", "173630.140000", "173630.140000", "173630.140000", "173630.140000", "173630.140000", "173630.140000", "173630.140000", "173630.125000", "173630.125000", "173630.125000", "173630.125000", "173630.125000", "173630.125000", "173630.109000", "173630.109000", "173630.109000", "173630.109000", "173630.109000", "173630.109000", "173630.093000", "173630.093000", "173630.093000", "173630.093000", "173630.093000", "173630.078000", "173630.078000", "173630.078000", "173630.062000", "173630.062000", "173630.062000", "173630.062000", "173630.062000", "173630.062000", "173630.062000", "173630.062000", "173630.046000", "173630.046000", "173630.046000", "173630.046000", "173630.046000", "173630.046000", "173630.031000", "173630.031000", "173630.031000", "173630.031000", "173630.031000", "173630.015000", "173630.015000", "173630.015000", "173630.000000", "173630.000000", "173630.000000", "173630.000000", "173630.000000", "173629.984000", "173629.984000", "173629.984000", "173629.968000", "173629.968000", "173629.968000"], "CsaImage.Actual3DImaPartNumber": [255, 254, 253, 252, 251, 250, 249, 248, 247, 246, 245, 244, 243, 242, 241, 240, 239, 238, 237, 236, 235, 234, 233, 232, 231, 230, 229, 228, 227, 226, 225, 224, 223, 222, 221, 220, 219, 218, 217, 216, 215, 214, 213, 212, 211, 210, 209, 208, 207, 206, 205, 204, 203, 202, 201, 200, 199, 198, 197, 196, 195, 194, 193, 192, 191, 190, 189, 188, 187, 186, 185, 184, 183, 182, 181, 180, 179, 178, 177, 176, 175, 174, 173, 172, 171, 170, 169, 168, 167, 166, 165, 164, 163, 162, 161, 160, 159, 158, 157, 156, 155, 154, 153, 152, 151, 150, 149, 148, 147, 146, 145, 144, 143, 142, 141, 140, 139, 138, 137, 136, 135, 134, 133, 132, 131, 130, 129, 128, 127, 126, 125, 124, 123, 122, 121, 120, 119, 118, 117, 116, 115, 114, 113, 112, 111, 110, 109, 108, 107, 106, 105, 104, 103, 102, 101, 100, 99, 98, 97, 96, 95, 94, 93, 92, 91, 90, 89, 88, 87, 86, 85, 84, 83, 82, 81, 80, 79, 78, 77, 76, 75, 74, 73, 72, 71, 70, 69, 68, 67, 66, 65, 64, 63, 62, 61, 60, 59, 58, 57, 56, 55, 54, 53, 52, 51, 50, 49, 48, 47, 46, 45, 44, 43, 42, 41, 40, 39, 38, 37, 36, 35, 34, 33, 32, 31, 30, 29, 28, 27, 26, 25, 24, 23, 22, 21, 20, 19, 18, 17, 16, 15, 14, 13, 12, 11, 10, 9, 8, 7, 6, 5, 4, 3, 2, 1, 0], "CsaImage.ICE_Dims": ["X_1_1_1_1_1_256_1_1_1_1_1_40", "X_1_1_1_1_1_255_1_1_1_1_1_40", "X_1_1_1_1_1_254_1_1_1_1_1_40", "X_1_1_1_1_1_253_1_1_1_1_1_40", "X_1_1_1_1_1_252_1_1_1_1_1_40", "X_1_1_1_1_1_251_1_1_1_1_1_40", "X_1_1_1_1_1_250_1_1_1_1_1_40", "X_1_1_1_1_1_249_1_1_1_1_1_40", "X_1_1_1_1_1_248_1_1_1_1_1_40", "X_1_1_1_1_1_247_1_1_1_1_1_40", "X_1_1_1_1_1_246_1_1_1_1_1_40", "X_1_1_1_1_1_245_1_1_1_1_1_40", "X_1_1_1_1_1_244_1_1_1_1_1_40", "X_1_1_1_1_1_243_1_1_1_1_1_40", "X_1_1_1_1_1_242_1_1_1_1_1_40", "X_1_1_1_1_1_241_1_1_1_1_1_40", "X_1_1_1_1_1_240_1_1_1_1_1_40", "X_1_1_1_1_1_239_1_1_1_1_1_40", "X_1_1_1_1_1_238_1_1_1_1_1_40", "X_1_1_1_1_1_237_1_1_1_1_1_40", "X_1_1_1_1_1_236_1_1_1_1_1_40", "X_1_1_1_1_1_235_1_1_1_1_1_40", "X_1_1_1_1_1_234_1_1_1_1_1_40", "X_1_1_1_1_1_233_1_1_1_1_1_40", "X_1_1_1_1_1_232_1_1_1_1_1_40", "X_1_1_1_1_1_231_1_1_1_1_1_40", "X_1_1_1_1_1_230_1_1_1_1_1_40", "X_1_1_1_1_1_229_1_1_1_1_1_40", "X_1_1_1_1_1_228_1_1_1_1_1_40", "X_1_1_1_1_1_227_1_1_1_1_1_40", "X_1_1_1_1_1_226_1_1_1_1_1_40", "X_1_1_1_1_1_225_1_1_1_1_1_40", "X_1_1_1_1_1_224_1_1_1_1_1_40", "X_1_1_1_1_1_223_1_1_1_1_1_40", "X_1_1_1_1_1_222_1_1_1_1_1_40", "X_1_1_1_1_1_221_1_1_1_1_1_40", "X_1_1_1_1_1_220_1_1_1_1_1_40", "X_1_1_1_1_1_219_1_1_1_1_1_40", "X_1_1_1_1_1_218_1_1_1_1_1_40", "X_1_1_1_1_1_217_1_1_1_1_1_40", "X_1_1_1_1_1_216_1_1_1_1_1_40", "X_1_1_1_1_1_215_1_1_1_1_1_40", "X_1_1_1_1_1_214_1_1_1_1_1_40", "X_1_1_1_1_1_213_1_1_1_1_1_40", "X_1_1_1_1_1_212_1_1_1_1_1_40", "X_1_1_1_1_1_211_1_1_1_1_1_40", "X_1_1_1_1_1_210_1_1_1_1_1_40", "X_1_1_1_1_1_209_1_1_1_1_1_40", "X_1_1_1_1_1_208_1_1_1_1_1_40", "X_1_1_1_1_1_207_1_1_1_1_1_40", "X_1_1_1_1_1_206_1_1_1_1_1_40", "X_1_1_1_1_1_205_1_1_1_1_1_40", "X_1_1_1_1_1_204_1_1_1_1_1_40", "X_1_1_1_1_1_203_1_1_1_1_1_40", "X_1_1_1_1_1_202_1_1_1_1_1_40", "X_1_1_1_1_1_201_1_1_1_1_1_40", "X_1_1_1_1_1_200_1_1_1_1_1_40", "X_1_1_1_1_1_199_1_1_1_1_1_40", "X_1_1_1_1_1_198_1_1_1_1_1_40", "X_1_1_1_1_1_197_1_1_1_1_1_40", "X_1_1_1_1_1_196_1_1_1_1_1_40", "X_1_1_1_1_1_195_1_1_1_1_1_40", "X_1_1_1_1_1_194_1_1_1_1_1_40", "X_1_1_1_1_1_193_1_1_1_1_1_40", "X_1_1_1_1_1_192_1_1_1_1_1_40", "X_1_1_1_1_1_191_1_1_1_1_1_40", "X_1_1_1_1_1_190_1_1_1_1_1_40", "X_1_1_1_1_1_189_1_1_1_1_1_40", "X_1_1_1_1_1_188_1_1_1_1_1_40", "X_1_1_1_1_1_187_1_1_1_1_1_40", "X_1_1_1_1_1_186_1_1_1_1_1_40", "X_1_1_1_1_1_185_1_1_1_1_1_40", "X_1_1_1_1_1_184_1_1_1_1_1_40", "X_1_1_1_1_1_183_1_1_1_1_1_40", "X_1_1_1_1_1_182_1_1_1_1_1_40", "X_1_1_1_1_1_181_1_1_1_1_1_40", "X_1_1_1_1_1_180_1_1_1_1_1_40", "X_1_1_1_1_1_179_1_1_1_1_1_40", "X_1_1_1_1_1_178_1_1_1_1_1_40", "X_1_1_1_1_1_177_1_1_1_1_1_40", "X_1_1_1_1_1_176_1_1_1_1_1_40", "X_1_1_1_1_1_175_1_1_1_1_1_40", "X_1_1_1_1_1_174_1_1_1_1_1_40", "X_1_1_1_1_1_173_1_1_1_1_1_40", "X_1_1_1_1_1_172_1_1_1_1_1_40", "X_1_1_1_1_1_171_1_1_1_1_1_40", "X_1_1_1_1_1_170_1_1_1_1_1_40", "X_1_1_1_1_1_169_1_1_1_1_1_40", "X_1_1_1_1_1_168_1_1_1_1_1_40", "X_1_1_1_1_1_167_1_1_1_1_1_40", "X_1_1_1_1_1_166_1_1_1_1_1_40", "X_1_1_1_1_1_165_1_1_1_1_1_40", "X_1_1_1_1_1_164_1_1_1_1_1_40", "X_1_1_1_1_1_163_1_1_1_1_1_40", "X_1_1_1_1_1_162_1_1_1_1_1_40", "X_1_1_1_1_1_161_1_1_1_1_1_40", "X_1_1_1_1_1_160_1_1_1_1_1_40", "X_1_1_1_1_1_159_1_1_1_1_1_40", "X_1_1_1_1_1_158_1_1_1_1_1_40", "X_1_1_1_1_1_157_1_1_1_1_1_40", "X_1_1_1_1_1_156_1_1_1_1_1_40", "X_1_1_1_1_1_155_1_1_1_1_1_40", "X_1_1_1_1_1_154_1_1_1_1_1_40", "X_1_1_1_1_1_153_1_1_1_1_1_40", "X_1_1_1_1_1_152_1_1_1_1_1_40", "X_1_1_1_1_1_151_1_1_1_1_1_40", "X_1_1_1_1_1_150_1_1_1_1_1_40", "X_1_1_1_1_1_149_1_1_1_1_1_40", "X_1_1_1_1_1_148_1_1_1_1_1_40", "X_1_1_1_1_1_147_1_1_1_1_1_40", "X_1_1_1_1_1_146_1_1_1_1_1_40", "X_1_1_1_1_1_145_1_1_1_1_1_40", "X_1_1_1_1_1_144_1_1_1_1_1_40", "X_1_1_1_1_1_143_1_1_1_1_1_40", "X_1_1_1_1_1_142_1_1_1_1_1_40", "X_1_1_1_1_1_141_1_1_1_1_1_40", "X_1_1_1_1_1_140_1_1_1_1_1_40", "X_1_1_1_1_1_139_1_1_1_1_1_40", "X_1_1_1_1_1_138_1_1_1_1_1_40", "X_1_1_1_1_1_137_1_1_1_1_1_40", "X_1_1_1_1_1_136_1_1_1_1_1_40", "X_1_1_1_1_1_135_1_1_1_1_1_40", "X_1_1_1_1_1_134_1_1_1_1_1_40", "X_1_1_1_1_1_133_1_1_1_1_1_40", "X_1_1_1_1_1_132_1_1_1_1_1_40", "X_1_1_1_1_1_131_1_1_1_1_1_40", "X_1_1_1_1_1_130_1_1_1_1_1_40", "X_1_1_1_1_1_129_1_1_1_1_1_40", "X_1_1_1_1_1_128_1_1_1_1_1_40", "X_1_1_1_1_1_127_1_1_1_1_1_40", "X_1_1_1_1_1_126_1_1_1_1_1_40", "X_1_1_1_1_1_125_1_1_1_1_1_40", "X_1_1_1_1_1_124_1_1_1_1_1_40", "X_1_1_1_1_1_123_1_1_1_1_1_40", "X_1_1_1_1_1_122_1_1_1_1_1_40", "X_1_1_1_1_1_121_1_1_1_1_1_40", "X_1_1_1_1_1_120_1_1_1_1_1_40", "X_1_1_1_1_1_119_1_1_1_1_1_40", "X_1_1_1_1_1_118_1_1_1_1_1_40", "X_1_1_1_1_1_117_1_1_1_1_1_40", "X_1_1_1_1_1_116_1_1_1_1_1_40", "X_1_1_1_1_1_115_1_1_1_1_1_40", "X_1_1_1_1_1_114_1_1_1_1_1_40", "X_1_1_1_1_1_113_1_1_1_1_1_40", "X_1_1_1_1_1_112_1_1_1_1_1_40", "X_1_1_1_1_1_111_1_1_1_1_1_40", "X_1_1_1_1_1_110_1_1_1_1_1_40", "X_1_1_1_1_1_109_1_1_1_1_1_40", "X_1_1_1_1_1_108_1_1_1_1_1_40", "X_1_1_1_1_1_107_1_1_1_1_1_40", "X_1_1_1_1_1_106_1_1_1_1_1_40", "X_1_1_1_1_1_105_1_1_1_1_1_40", "X_1_1_1_1_1_104_1_1_1_1_1_40", "X_1_1_1_1_1_103_1_1_1_1_1_40", "X_1_1_1_1_1_102_1_1_1_1_1_40", "X_1_1_1_1_1_101_1_1_1_1_1_40", "X_1_1_1_1_1_100_1_1_1_1_1_40", "X_1_1_1_1_1_99_1_1_1_1_1_40", "X_1_1_1_1_1_98_1_1_1_1_1_40", "X_1_1_1_1_1_97_1_1_1_1_1_40", "X_1_1_1_1_1_96_1_1_1_1_1_40", "X_1_1_1_1_1_95_1_1_1_1_1_40", "X_1_1_1_1_1_94_1_1_1_1_1_40", "X_1_1_1_1_1_93_1_1_1_1_1_40", "X_1_1_1_1_1_92_1_1_1_1_1_40", "X_1_1_1_1_1_91_1_1_1_1_1_40", "X_1_1_1_1_1_90_1_1_1_1_1_40", "X_1_1_1_1_1_89_1_1_1_1_1_40", "X_1_1_1_1_1_88_1_1_1_1_1_40", "X_1_1_1_1_1_87_1_1_1_1_1_40", "X_1_1_1_1_1_86_1_1_1_1_1_40", "X_1_1_1_1_1_85_1_1_1_1_1_40", "X_1_1_1_1_1_84_1_1_1_1_1_40", "X_1_1_1_1_1_83_1_1_1_1_1_40", "X_1_1_1_1_1_82_1_1_1_1_1_40", "X_1_1_1_1_1_81_1_1_1_1_1_40", "X_1_1_1_1_1_80_1_1_1_1_1_40", "X_1_1_1_1_1_79_1_1_1_1_1_40", "X_1_1_1_1_1_78_1_1_1_1_1_40", "X_1_1_1_1_1_77_1_1_1_1_1_40", "X_1_1_1_1_1_76_1_1_1_1_1_40", "X_1_1_1_1_1_75_1_1_1_1_1_40", "X_1_1_1_1_1_74_1_1_1_1_1_40", "X_1_1_1_1_1_73_1_1_1_1_1_40", "X_1_1_1_1_1_72_1_1_1_1_1_40", "X_1_1_1_1_1_71_1_1_1_1_1_40", "X_1_1_1_1_1_70_1_1_1_1_1_40", "X_1_1_1_1_1_69_1_1_1_1_1_40", "X_1_1_1_1_1_68_1_1_1_1_1_40", "X_1_1_1_1_1_67_1_1_1_1_1_40", "X_1_1_1_1_1_66_1_1_1_1_1_40", "X_1_1_1_1_1_65_1_1_1_1_1_40", "X_1_1_1_1_1_64_1_1_1_1_1_40", "X_1_1_1_1_1_63_1_1_1_1_1_40", "X_1_1_1_1_1_62_1_1_1_1_1_40", "X_1_1_1_1_1_61_1_1_1_1_1_40", "X_1_1_1_1_1_60_1_1_1_1_1_40", "X_1_1_1_1_1_59_1_1_1_1_1_40", "X_1_1_1_1_1_58_1_1_1_1_1_40", "X_1_1_1_1_1_57_1_1_1_1_1_40", "X_1_1_1_1_1_56_1_1_1_1_1_40", "X_1_1_1_1_1_55_1_1_1_1_1_40", "X_1_1_1_1_1_54_1_1_1_1_1_40", "X_1_1_1_1_1_53_1_1_1_1_1_40", "X_1_1_1_1_1_52_1_1_1_1_1_40", "X_1_1_1_1_1_51_1_1_1_1_1_40", "X_1_1_1_1_1_50_1_1_1_1_1_40", "X_1_1_1_1_1_49_1_1_1_1_1_40", "X_1_1_1_1_1_48_1_1_1_1_1_40", "X_1_1_1_1_1_47_1_1_1_1_1_40", "X_1_1_1_1_1_46_1_1_1_1_1_40", "X_1_1_1_1_1_45_1_1_1_1_1_40", "X_1_1_1_1_1_44_1_1_1_1_1_40", "X_1_1_1_1_1_43_1_1_1_1_1_40", "X_1_1_1_1_1_42_1_1_1_1_1_40", "X_1_1_1_1_1_41_1_1_1_1_1_40", "X_1_1_1_1_1_40_1_1_1_1_1_40", "X_1_1_1_1_1_39_1_1_1_1_1_40", "X_1_1_1_1_1_38_1_1_1_1_1_40", "X_1_1_1_1_1_37_1_1_1_1_1_40", "X_1_1_1_1_1_36_1_1_1_1_1_40", "X_1_1_1_1_1_35_1_1_1_1_1_40", "X_1_1_1_1_1_34_1_1_1_1_1_40", "X_1_1_1_1_1_33_1_1_1_1_1_40", "X_1_1_1_1_1_32_1_1_1_1_1_40", "X_1_1_1_1_1_31_1_1_1_1_1_40", "X_1_1_1_1_1_30_1_1_1_1_1_40", "X_1_1_1_1_1_29_1_1_1_1_1_40", "X_1_1_1_1_1_28_1_1_1_1_1_40", "X_1_1_1_1_1_27_1_1_1_1_1_40", "X_1_1_1_1_1_26_1_1_1_1_1_40", "X_1_1_1_1_1_25_1_1_1_1_1_40", "X_1_1_1_1_1_24_1_1_1_1_1_40", "X_1_1_1_1_1_23_1_1_1_1_1_40", "X_1_1_1_1_1_22_1_1_1_1_1_40", "X_1_1_1_1_1_21_1_1_1_1_1_40", "X_1_1_1_1_1_20_1_1_1_1_1_40", "X_1_1_1_1_1_19_1_1_1_1_1_40", "X_1_1_1_1_1_18_1_1_1_1_1_40", "X_1_1_1_1_1_17_1_1_1_1_1_40", "X_1_1_1_1_1_16_1_1_1_1_1_40", "X_1_1_1_1_1_15_1_1_1_1_1_40", "X_1_1_1_1_1_14_1_1_1_1_1_40", "X_1_1_1_1_1_13_1_1_1_1_1_40", "X_1_1_1_1_1_12_1_1_1_1_1_40", "X_1_1_1_1_1_11_1_1_1_1_1_40", "X_1_1_1_1_1_10_1_1_1_1_1_40", "X_1_1_1_1_1_9_1_1_1_1_1_40", "X_1_1_1_1_1_8_1_1_1_1_1_40", "X_1_1_1_1_1_7_1_1_1_1_1_40", "X_1_1_1_1_1_6_1_1_1_1_1_40", "X_1_1_1_1_1_5_1_1_1_1_1_40", "X_1_1_1_1_1_4_1_1_1_1_1_40", "X_1_1_1_1_1_3_1_1_1_1_1_40", "X_1_1_1_1_1_2_1_1_1_1_1_40", "X_1_1_1_1_1_1_1_1_1_1_1_40"], "CsaImage.SlicePosition_PCS": [[91.16927418, -80.95465705, 130.89021015], [90.37112727, -80.93868234, 130.83818766], [89.57298036, -80.92270763, 130.78616516], [88.77483345, -80.90673291, 130.73414266], [87.97668655, -80.8907582, 130.68212016], [87.17853964, -80.87478349, 130.63009767], [86.38039273, -80.85880878, 130.57807517], [85.58224582, -80.84283406, 130.52605267], [84.78409891, -80.82685935, 130.47403017], [83.985952, -80.81088464, 130.42200768], [83.1878051, -80.79490992, 130.36998518], [82.38965819, -80.77893521, 130.31796268], [81.59151128, -80.7629605, 130.26594019], [80.79336437, -80.74698578, 130.21391769], [79.99521746, -80.73101107, 130.16189519], [79.19707055, -80.71503636, 130.10987269], [78.39892364, -80.69906164, 130.0578502], [77.60077674, -80.68308693, 130.0058277], [76.80262983, -80.66711222, 129.9538052], [76.00448292, -80.6511375, 129.9017827], [75.20633601, -80.63516279, 129.84976021], [74.4081891, -80.61918808, 129.79773771], [73.61004219, -80.60321337, 129.74571521], [72.81189529, -80.58723865, 129.69369271], [72.01374838, -80.57126394, 129.64167022], [71.21560147, -80.55528923, 129.58964772], [70.41745456, -80.53931451, 129.53762522], [69.61930765, -80.5233398, 129.48560272], [68.82116074, -80.50736509, 129.43358023], [68.02301384, -80.49139037, 129.38155773], [67.22486693, -80.47541566, 129.32953523], [66.42672002, -80.45944095, 129.27751273], [65.62857311, -80.44346623, 129.22549024], [64.8304262, -80.42749152, 129.17346774], [64.03227929, -80.41151681, 129.12144524], [63.23413239, -80.3955421, 129.06942274], [62.43598548, -80.37956738, 129.01740025], [61.63783857, -80.36359267, 128.96537775], [60.83969166, -80.34761796, 128.91335525], [60.04154475, -80.33164324, 128.86133275], [59.24339784, -80.31566853, 128.80931026], [58.44525093, -80.29969382, 128.75728776], [57.64710403, -80.2837191, 128.70526526], [56.84895712, -80.26774439, 128.65324276], [56.05081021, -80.25176968, 128.60122027], [55.2526633, -80.23579496, 128.54919777], [54.45451639, -80.21982025, 128.49717527], [53.65636948, -80.20384554, 128.44515277], [52.85822258, -80.18787082, 128.39313028], [52.06007567, -80.17189611, 128.34110778], [51.26192876, -80.1559214, 128.28908528], [50.46378185, -80.13994669, 128.23706278], [49.66563494, -80.12397197, 128.18504029], [48.86748803, -80.10799726, 128.13301779], [48.06934113, -80.09202255, 128.08099529], [47.27119422, -80.07604783, 128.02897279], [46.47304731, -80.06007312, 127.9769503], [45.6749004, -80.04409841, 127.9249278], [44.87675349, -80.02812369, 127.8729053], [44.07860658, -80.01214898, 127.82088281], [43.28045968, -79.99617427, 127.76886031], [42.48231277, -79.98019955, 127.71683781], [41.68416586, -79.96422484, 127.66481531], [40.88601895, -79.94825013, 127.61279282], [40.08787204, -79.93227542, 127.56077032], [39.28972513, -79.9163007, 127.50874782], [38.49157823, -79.90032599, 127.45672532], [37.69343132, -79.88435128, 127.40470283], [36.89528441, -79.86837656, 127.35268033], [36.0971375, -79.85240185, 127.30065783], [35.29899059, -79.83642714, 127.24863533], [34.50084368, -79.82045242, 127.19661284], [33.70269677, -79.80447771, 127.14459034], [32.90454987, -79.788503, 127.09256784], [32.10640296, -79.77252828, 127.04054534], [31.30825605, -79.75655357, 126.98852285], [30.51010914, -79.74057886, 126.93650035], [29.71196223, -79.72460414, 126.88447785], [28.91381532, -79.70862943, 126.83245535], [28.11566842, -79.69265472, 126.78043286], [27.31752151, -79.67668001, 126.72841036], [26.5193746, -79.66070529, 126.67638786], [25.72122769, -79.64473058, 126.62436536], [24.92308078, -79.62875587, 126.57234287], [24.12493387, -79.61278115, 126.52032037], [23.32678697, -79.59680644, 126.46829787], [22.52864006, -79.58083173, 126.41627537], [21.73049315, -79.56485701, 126.36425288], [20.93234624, -79.5488823, 126.31223038], [20.13419933, -79.53290759, 126.26020788], [19.33605242, -79.51693287, 126.20818538], [18.53790552, -79.50095816, 126.15616289], [17.73975861, -79.48498345, 126.10414039], [16.9416117, -79.46900874, 126.05211789], [16.14346479, -79.45303402, 126.00009539], [15.34531788, -79.43705931, 125.9480729], [14.54717097, -79.4210846, 125.8960504], [13.74902406, -79.40510988, 125.8440279], [12.95087716, -79.38913517, 125.7920054], [12.15273025, -79.37316046, 125.73998291], [11.35458334, -79.35718574, 125.68796041], [10.55643643, -79.34121103, 125.63593791], [9.75828952, -79.32523632, 125.58391541], [8.96014261, -79.3092616, 125.53189292], [8.16199571, -79.29328689, 125.47987042], [7.3638488, -79.27731218, 125.42784792], [6.56570189, -79.26133746, 125.37582543], [5.76755498, -79.24536275, 125.32380293], [4.96940807, -79.22938804, 125.27178043], [4.17126116, -79.21341333, 125.21975793], [3.37311426, -79.19743861, 125.16773544], [2.57496735, -79.1814639, 125.11571294], [1.77682044, -79.16548919, 125.06369044], [0.97867353, -79.14951447, 125.01166794], [0.18052662, -79.13353976, 124.95964545], [-0.61762029, -79.11756505, 124.90762295], [-1.41576719, -79.10159033, 124.85560045], [-2.2139141, -79.08561562, 124.80357795], [-3.01206101, -79.06964091, 124.75155546], [-3.81020792, -79.05366619, 124.69953296], [-4.60835483, -79.03769148, 124.64751046], [-5.40650174, -79.02171677, 124.59548796], [-6.20464864, -79.00574206, 124.54346547], [-7.00279555, -78.98976734, 124.49144297], [-7.80094246, -78.97379263, 124.43942047], [-8.59908937, -78.95781792, 124.38739797], [-9.39723628, -78.9418432, 124.33537548], [-10.19538319, -78.92586849, 124.28335298], [-10.9935301, -78.90989378, 124.23133048], [-11.791677, -78.89391906, 124.17930798], [-12.58982391, -78.87794435, 124.12728549], [-13.38797082, -78.86196964, 124.07526299], [-14.18611773, -78.84599492, 124.02324049], [-14.98426464, -78.83002021, 123.97121799], [-15.78241155, -78.8140455, 123.9191955], [-16.58055845, -78.79807078, 123.867173], [-17.37870536, -78.78209607, 123.8151505], [-18.17685227, -78.76612136, 123.763128], [-18.97499918, -78.75014665, 123.71110551], [-19.77314609, -78.73417193, 123.65908301], [-20.571293, -78.71819722, 123.60706051], [-21.3694399, -78.70222251, 123.55503801], [-22.16758681, -78.68624779, 123.50301552], [-22.96573372, -78.67027308, 123.45099302], [-23.76388063, -78.65429837, 123.39897052], [-24.56202754, -78.63832365, 123.34694802], [-25.36017445, -78.62234894, 123.29492553], [-26.15832135, -78.60637423, 123.24290303], [-26.95646826, -78.59039951, 123.19088053], [-27.75461517, -78.5744248, 123.13885803], [-28.55276208, -78.55845009, 123.08683554], [-29.35090899, -78.54247538, 123.03481304], [-30.1490559, -78.52650066, 122.98279054], [-30.9472028, -78.51052595, 122.93076805], [-31.74534971, -78.49455124, 122.87874555], [-32.54349662, -78.47857652, 122.82672305], [-33.34164353, -78.46260181, 122.77470055], [-34.13979044, -78.4466271, 122.72267806], [-34.93793735, -78.43065238, 122.67065556], [-35.73608426, -78.41467767, 122.61863306], [-36.53423116, -78.39870296, 122.56661056], [-37.33237807, -78.38272824, 122.51458807], [-38.13052498, -78.36675353, 122.46256557], [-38.92867189, -78.35077882, 122.41054307], [-39.7268188, -78.3348041, 122.35852057], [-40.52496571, -78.31882939, 122.30649808], [-41.32311261, -78.30285468, 122.25447558], [-42.12125952, -78.28687997, 122.20245308], [-42.91940643, -78.27090525, 122.15043058], [-43.71755334, -78.25493054, 122.09840809], [-44.51570025, -78.23895583, 122.04638559], [-45.31384716, -78.22298111, 121.99436309], [-46.11199406, -78.2070064, 121.94234059], [-46.91014097, -78.19103169, 121.8903181], [-47.70828788, -78.17505697, 121.8382956], [-48.50643479, -78.15908226, 121.7862731], [-49.3045817, -78.14310755, 121.7342506], [-50.10272861, -78.12713283, 121.68222811], [-50.90087551, -78.11115812, 121.63020561], [-51.69902242, -78.09518341, 121.57818311], [-52.49716933, -78.07920869, 121.52616061], [-53.29531624, -78.06323398, 121.47413812], [-54.09346315, -78.04725927, 121.42211562], [-54.89161006, -78.03128456, 121.37009312], [-55.68975697, -78.01530984, 121.31807062], [-56.48790387, -77.99933513, 121.26604813], [-57.28605078, -77.98336042, 121.21402563], [-58.08419769, -77.9673857, 121.16200313], [-58.8823446, -77.95141099, 121.10998063], [-59.68049151, -77.93543628, 121.05795814], [-60.47863842, -77.91946156, 121.00593564], [-61.27678532, -77.90348685, 120.95391314], [-62.07493223, -77.88751214, 120.90189064], [-62.87307914, -77.87153742, 120.84986815], [-63.67122605, -77.85556271, 120.79784565], [-64.46937296, -77.839588, 120.74582315], [-65.26751987, -77.82361329, 120.69380065], [-66.06566677, -77.80763857, 120.64177816], [-66.86381368, -77.79166386, 120.58975566], [-67.66196059, -77.77568915, 120.53773316], [-68.4601075, -77.75971443, 120.48571067], [-69.25825441, -77.74373972, 120.43368817], [-70.05640132, -77.72776501, 120.38166567], [-70.85454822, -77.71179029, 120.32964317], [-71.65269513, -77.69581558, 120.27762068], [-72.45084204, -77.67984087, 120.22559818], [-73.24898895, -77.66386615, 120.17357568], [-74.04713586, -77.64789144, 120.12155318], [-74.84528277, -77.63191673, 120.06953069], [-75.64342967, -77.61594201, 120.01750819], [-76.44157658, -77.5999673, 119.96548569], [-77.23972349, -77.58399259, 119.91346319], [-78.0378704, -77.56801788, 119.8614407], [-78.83601731, -77.55204316, 119.8094182], [-79.63416422, -77.53606845, 119.7573957], [-80.43231113, -77.52009374, 119.7053732], [-81.23045803, -77.50411902, 119.65335071], [-82.02860494, -77.48814431, 119.60132821], [-82.82675185, -77.4721696, 119.54930571], [-83.62489876, -77.45619488, 119.49728321], [-84.42304567, -77.44022017, 119.44526072], [-85.22119258, -77.42424546, 119.39323822], [-86.01933948, -77.40827074, 119.34121572], [-86.81748639, -77.39229603, 119.28919322], [-87.6156333, -77.37632132, 119.23717073], [-88.41378021, -77.36034661, 119.18514823], [-89.21192712, -77.34437189, 119.13312573], [-90.01007403, -77.32839718, 119.08110323], [-90.80822093, -77.31242247, 119.02908074], [-91.60636784, -77.29644775, 118.97705824], [-92.40451475, -77.28047304, 118.92503574], [-93.20266166, -77.26449833, 118.87301324], [-94.00080857, -77.24852361, 118.82099075], [-94.79895548, -77.2325489, 118.76896825], [-95.59710238, -77.21657419, 118.71694575], [-96.39524929, -77.20059947, 118.66492325], [-97.1933962, -77.18462476, 118.61290076], [-97.99154311, -77.16865005, 118.56087826], [-98.78969002, -77.15267533, 118.50885576], [-99.58783693, -77.13670062, 118.45683326], [-100.38598383, -77.12072591, 118.40481077], [-101.18413074, -77.1047512, 118.35278827], [-101.98227765, -77.08877648, 118.30076577], [-102.78042456, -77.07280177, 118.24874327], [-103.57857147, -77.05682706, 118.19672078], [-104.37671838, -77.04085234, 118.14469828], [-105.17486529, -77.02487763, 118.09267578], [-105.97301219, -77.00890292, 118.04065329], [-106.7711591, -76.9929282, 117.98863079], [-107.56930601, -76.97695349, 117.93660829], [-108.36745292, -76.96097878, 117.88458579], [-109.16559983, -76.94500406, 117.8325633], [-109.96374674, -76.92902935, 117.7805408], [-110.76189364, -76.91305464, 117.7285183], [-111.56004055, -76.89707993, 117.6764958], [-112.35818746, -76.88110521, 117.62447331]], "ImagePositionPatient": [[91.169274178915, -80.954657053937, 130.89021015455], [90.371127270524, -80.938682340832, 130.8381876571], [89.572980362133, -80.922707627727, 130.78616515965], [88.774833453742, -80.906732914621, 130.73414266221], [87.976686545351, -80.890758201516, 130.68212016476], [87.17853963696, -80.874783488411, 130.63009766731], [86.380392728569, -80.858808775306, 130.57807516986], [85.582245820178, -80.842834062201, 130.52605267242], [84.784098911787, -80.826859349095, 130.47403017497], [83.985952003397, -80.81088463599, 130.42200767752], [83.187805095006, -80.794909922885, 130.36998518007], [82.389658186615, -80.77893520978, 130.31796268263], [81.591511278224, -80.762960496674, 130.26594018518], [80.793364369833, -80.746985783569, 130.21391768773], [79.995217461442, -80.731011070464, 130.16189519028], [79.197070553051, -80.715036357359, 130.10987269284], [78.39892364466, -80.699061644253, 130.05785019539], [77.600776736269, -80.683086931148, 130.00582769794], [76.802629827878, -80.667112218043, 129.95380520049], [76.004482919487, -80.651137504938, 129.90178270305], [75.206336011096, -80.635162791832, 129.8497602056], [74.408189102705, -80.619188078727, 129.79773770815], [73.610042194314, -80.603213365622, 129.7457152107], [72.811895285923, -80.587238652517, 129.69369271326], [72.013748377532, -80.571263939412, 129.64167021581], [71.215601469142, -80.555289226306, 129.58964771836], [70.417454560751, -80.539314513201, 129.53762522091], [69.61930765236, -80.523339800096, 129.48560272347], [68.821160743969, -80.507365086991, 129.43358022602], [68.023013835578, -80.491390373885, 129.38155772857], [67.224866927187, -80.47541566078, 129.32953523112], [66.426720018796, -80.459440947675, 129.27751273368], [65.628573110405, -80.44346623457, 129.22549023623], [64.830426202014, -80.427491521464, 129.17346773878], [64.032279293623, -80.411516808359, 129.12144524133], [63.234132385232, -80.395542095254, 129.06942274389], [62.435985476841, -80.379567382149, 129.01740024644], [61.63783856845, -80.363592669043, 128.96537774899], [60.839691660059, -80.347617955938, 128.91335525154], [60.041544751668, -80.331643242833, 128.86133275409], [59.243397843277, -80.315668529728, 128.80931025665], [58.445250934887, -80.299693816622, 128.7572877592], [57.647104026496, -80.283719103517, 128.70526526175], [56.848957118105, -80.267744390412, 128.6532427643], [56.050810209714, -80.251769677307, 128.60122026686], [55.252663301323, -80.235794964202, 128.54919776941], [54.454516392932, -80.219820251096, 128.49717527196], [53.656369484541, -80.203845537991, 128.44515277451], [52.85822257615, -80.187870824886, 128.39313027707], [52.060075667759, -80.171896111781, 128.34110777962], [51.261928759368, -80.155921398675, 128.28908528217], [50.463781850977, -80.13994668557, 128.23706278472], [49.665634942586, -80.123971972465, 128.18504028728], [48.867488034195, -80.10799725936, 128.13301778983], [48.069341125804, -80.092022546254, 128.08099529238], [47.271194217413, -80.076047833149, 128.02897279493], [46.473047309022, -80.060073120044, 127.97695029749], [45.674900400632, -80.044098406939, 127.92492780004], [44.876753492241, -80.028123693833, 127.87290530259], [44.07860658385, -80.012148980728, 127.82088280514], [43.280459675459, -79.996174267623, 127.7688603077], [42.482312767068, -79.980199554518, 127.71683781025], [41.684165858677, -79.964224841413, 127.6648153128], [40.886018950286, -79.948250128307, 127.61279281535], [40.087872041895, -79.932275415202, 127.56077031791], [39.289725133504, -79.916300702097, 127.50874782046], [38.491578225113, -79.900325988992, 127.45672532301], [37.693431316722, -79.884351275886, 127.40470282556], [36.895284408331, -79.868376562781, 127.35268032812], [36.09713749994, -79.852401849676, 127.30065783067], [35.298990591549, -79.836427136571, 127.24863533322], [34.500843683158, -79.820452423465, 127.19661283577], [33.702696774767, -79.80447771036, 127.14459033833], [32.904549866377, -79.788502997255, 127.09256784088], [32.106402957986, -79.77252828415, 127.04054534343], [31.308256049595, -79.756553571044, 126.98852284598], [30.510109141204, -79.740578857939, 126.93650034854], [29.711962232813, -79.724604144834, 126.88447785109], [28.913815324422, -79.708629431729, 126.83245535364], [28.115668416031, -79.692654718623, 126.78043285619], [27.31752150764, -79.676680005518, 126.72841035875], [26.519374599249, -79.660705292413, 126.6763878613], [25.721227690858, -79.644730579308, 126.62436536385], [24.923080782467, -79.628755866203, 126.5723428664], [24.124933874076, -79.612781153097, 126.52032036895], [23.326786965685, -79.596806439992, 126.46829787151], [22.528640057294, -79.580831726887, 126.41627537406], [21.730493148903, -79.564857013782, 126.36425287661], [20.932346240512, -79.548882300676, 126.31223037916], [20.134199332122, -79.532907587571, 126.26020788172], [19.336052423731, -79.516932874466, 126.20818538427], [18.53790551534, -79.500958161361, 126.15616288682], [17.739758606949, -79.484983448255, 126.10414038937], [16.941611698558, -79.46900873515, 126.05211789193], [16.143464790167, -79.453034022045, 126.00009539448], [15.345317881776, -79.43705930894, 125.94807289703], [14.547170973385, -79.421084595834, 125.89605039958], [13.749024064994, -79.405109882729, 125.84402790214], [12.950877156603, -79.389135169624, 125.79200540469], [12.152730248212, -79.373160456519, 125.73998290724], [11.354583339821, -79.357185743414, 125.68796040979], [10.55643643143, -79.341211030308, 125.63593791235], [9.7582895230394, -79.325236317203, 125.5839154149], [8.9601426146484, -79.309261604098, 125.53189291745], [8.1619957062575, -79.293286890993, 125.47987042], [7.3638487978665, -79.277312177887, 125.42784792256], [6.5657018894756, -79.261337464782, 125.37582542511], [5.7675549810847, -79.245362751677, 125.32380292766], [4.9694080726937, -79.229388038572, 125.27178043021], [4.1712611643028, -79.213413325466, 125.21975793277], [3.3731142559119, -79.197438612361, 125.16773543532], [2.5749673475209, -79.181463899256, 125.11571293787], [1.77682043913, -79.165489186151, 125.06369044042], [0.97867353073904, -79.149514473045, 125.01166794298], [0.18052662234811, -79.13353975994, 124.95964544553], [-0.6176202860428, -79.117565046835, 124.90762294808], [-1.4157671944338, -79.10159033373, 124.85560045063], [-2.2139141028247, -79.085615620625, 124.80357795319], [-3.0120610112156, -79.069640907519, 124.75155545574], [-3.8102079196066, -79.053666194414, 124.69953295829], [-4.6083548279975, -79.037691481309, 124.64751046084], [-5.4065017363885, -79.021716768204, 124.5954879634], [-6.2046486447794, -79.005742055098, 124.54346546595], [-7.0027955531703, -78.989767341993, 124.4914429685], [-7.8009424615613, -78.973792628888, 124.43942047105], [-8.5990893699522, -78.957817915783, 124.38739797361], [-9.3972362783431, -78.941843202677, 124.33537547616], [-10.195383186734, -78.925868489572, 124.28335297871], [-10.993530095125, -78.909893776467, 124.23133048126], [-11.791677003516, -78.893919063362, 124.17930798382], [-12.589823911907, -78.877944350256, 124.12728548637], [-13.387970820298, -78.861969637151, 124.07526298892], [-14.186117728689, -78.845994924046, 124.02324049147], [-14.98426463708, -78.830020210941, 123.97121799402], [-15.782411545471, -78.814045497835, 123.91919549658], [-16.580558453862, -78.79807078473, 123.86717299913], [-17.378705362253, -78.782096071625, 123.81515050168], [-18.176852270643, -78.76612135852, 123.76312800423], [-18.974999179034, -78.750146645415, 123.71110550679], [-19.773146087425, -78.734171932309, 123.65908300934], [-20.571292995816, -78.718197219204, 123.60706051189], [-21.369439904207, -78.702222506099, 123.55503801444], [-22.167586812598, -78.686247792994, 123.503015517], [-22.965733720989, -78.670273079888, 123.45099301955], [-23.76388062938, -78.654298366783, 123.3989705221], [-24.562027537771, -78.638323653678, 123.34694802465], [-25.360174446162, -78.622348940573, 123.29492552721], [-26.158321354553, -78.606374227467, 123.24290302976], [-26.956468262944, -78.590399514362, 123.19088053231], [-27.754615171335, -78.574424801257, 123.13885803486], [-28.552762079726, -78.558450088152, 123.08683553742], [-29.350908988117, -78.542475375046, 123.03481303997], [-30.149055896508, -78.526500661941, 122.98279054252], [-30.947202804898, -78.510525948836, 122.93076804507], [-31.745349713289, -78.494551235731, 122.87874554763], [-32.54349662168, -78.478576522626, 122.82672305018], [-33.341643530071, -78.46260180952, 122.77470055273], [-34.139790438462, -78.446627096415, 122.72267805528], [-34.937937346853, -78.43065238331, 122.67065555784], [-35.736084255244, -78.414677670205, 122.61863306039], [-36.534231163635, -78.398702957099, 122.56661056294], [-37.332378072026, -78.382728243994, 122.51458806549], [-38.130524980417, -78.366753530889, 122.46256556805], [-38.928671888808, -78.350778817784, 122.4105430706], [-39.726818797199, -78.334804104678, 122.35852057315], [-40.52496570559, -78.318829391573, 122.3064980757], [-41.323112613981, -78.302854678468, 122.25447557826], [-42.121259522372, -78.286879965363, 122.20245308081], [-42.919406430763, -78.270905252257, 122.15043058336], [-43.717553339153, -78.254930539152, 122.09840808591], [-44.515700247544, -78.238955826047, 122.04638558847], [-45.313847155935, -78.222981112942, 121.99436309102], [-46.111994064326, -78.207006399836, 121.94234059357], [-46.910140972717, -78.191031686731, 121.89031809612], [-47.708287881108, -78.175056973626, 121.83829559868], [-48.506434789499, -78.159082260521, 121.78627310123], [-49.30458169789, -78.143107547416, 121.73425060378], [-50.102728606281, -78.12713283431, 121.68222810633], [-50.900875514672, -78.111158121205, 121.63020560889], [-51.699022423063, -78.0951834081, 121.57818311144], [-52.497169331454, -78.079208694995, 121.52616061399], [-53.295316239845, -78.063233981889, 121.47413811654], [-54.093463148236, -78.047259268784, 121.42211561909], [-54.891610056627, -78.031284555679, 121.37009312165], [-55.689756965018, -78.015309842574, 121.3180706242], [-56.487903873408, -77.999335129468, 121.26604812675], [-57.286050781799, -77.983360416363, 121.2140256293], [-58.08419769019, -77.967385703258, 121.16200313186], [-58.882344598581, -77.951410990153, 121.10998063441], [-59.680491506972, -77.935436277047, 121.05795813696], [-60.478638415363, -77.919461563942, 121.00593563951], [-61.276785323754, -77.903486850837, 120.95391314207], [-62.074932232145, -77.887512137732, 120.90189064462], [-62.873079140536, -77.871537424627, 120.84986814717], [-63.671226048927, -77.855562711521, 120.79784564972], [-64.469372957318, -77.839587998416, 120.74582315228], [-65.267519865709, -77.823613285311, 120.69380065483], [-66.0656667741, -77.807638572206, 120.64177815738], [-66.863813682491, -77.7916638591, 120.58975565993], [-67.661960590882, -77.775689145995, 120.53773316249], [-68.460107499272, -77.75971443289, 120.48571066504], [-69.258254407663, -77.743739719785, 120.43368816759], [-70.056401316054, -77.727765006679, 120.38166567014], [-70.854548224445, -77.711790293574, 120.3296431727], [-71.652695132836, -77.695815580469, 120.27762067525], [-72.450842041227, -77.679840867364, 120.2255981778], [-73.248988949618, -77.663866154258, 120.17357568035], [-74.047135858009, -77.647891441153, 120.12155318291], [-74.8452827664, -77.631916728048, 120.06953068546], [-75.643429674791, -77.615942014943, 120.01750818801], [-76.441576583182, -77.599967301837, 119.96548569056], [-77.239723491573, -77.583992588732, 119.91346319312], [-78.037870399964, -77.568017875627, 119.86144069567], [-78.836017308355, -77.552043162522, 119.80941819822], [-79.634164216746, -77.536068449417, 119.75739570077], [-80.432311125137, -77.520093736311, 119.70537320333], [-81.230458033527, -77.504119023206, 119.65335070588], [-82.028604941918, -77.488144310101, 119.60132820843], [-82.826751850309, -77.472169596996, 119.54930571098], [-83.6248987587, -77.45619488389, 119.49728321354], [-84.423045667091, -77.440220170785, 119.44526071609], [-85.221192575482, -77.42424545768, 119.39323821864], [-86.019339483873, -77.408270744575, 119.34121572119], [-86.817486392264, -77.392296031469, 119.28919322375], [-87.615633300655, -77.376321318364, 119.2371707263], [-88.413780209046, -77.360346605259, 119.18514822885], [-89.211927117437, -77.344371892154, 119.1331257314], [-90.010074025828, -77.328397179048, 119.08110323395], [-90.808220934219, -77.312422465943, 119.02908073651], [-91.60636784261, -77.296447752838, 118.97705823906], [-92.404514751001, -77.280473039733, 118.92503574161], [-93.202661659392, -77.264498326628, 118.87301324416], [-94.000808567782, -77.248523613522, 118.82099074672], [-94.798955476173, -77.232548900417, 118.76896824927], [-95.597102384564, -77.216574187312, 118.71694575182], [-96.395249292955, -77.200599474207, 118.66492325437], [-97.193396201346, -77.184624761101, 118.61290075693], [-97.991543109737, -77.168650047996, 118.56087825948], [-98.789690018128, -77.152675334891, 118.50885576203], [-99.587836926519, -77.136700621786, 118.45683326458], [-100.38598383491, -77.12072590868, 118.40481076714], [-101.1841307433, -77.104751195575, 118.35278826969], [-101.98227765169, -77.08877648247, 118.30076577224], [-102.78042456008, -77.072801769365, 118.24874327479], [-103.57857146847, -77.056827056259, 118.19672077735], [-104.37671837686, -77.040852343154, 118.1446982799], [-105.17486528526, -77.024877630049, 118.09267578245], [-105.97301219365, -77.008902916944, 118.040653285], [-106.77115910204, -76.992928203839, 117.98863078756], [-107.56930601043, -76.976953490733, 117.93660829011], [-108.36745291882, -76.960978777628, 117.88458579266], [-109.16559982721, -76.945004064523, 117.83256329521], [-109.9637467356, -76.929029351418, 117.78054079777], [-110.76189364399, -76.913054638312, 117.72851830032], [-111.56004055238, -76.897079925207, 117.67649580287], [-112.35818746077, -76.881105212102, 117.62447330542]], "InstanceCreationTime": ["173631.718000", "173631.718000", "173631.703000", "173631.703000", "173631.703000", "173631.703000", "173631.687000", "173631.687000", "173631.687000", "173631.687000", "173631.687000", "173631.671000", "173631.671000", "173631.671000", "173631.671000", "173631.671000", "173631.656000", "173631.656000", "173631.656000", "173631.656000", "173631.656000", "173631.656000", "173631.656000", "173631.656000", "173631.640000", "173631.640000", "173631.640000", "173631.640000", "173631.640000", "173631.640000", "173631.640000", "173631.625000", "173631.625000", "173631.625000", "173631.625000", "173631.625000", "173631.609000", "173631.609000", "173631.609000", "173631.609000", "173631.609000", "173631.593000", "173631.593000", "173631.593000", "173631.593000", "173631.593000", "173631.593000", "173631.593000", "173631.578000", "173631.578000", "173631.578000", "173631.578000", "173631.562000", "173631.562000", "173631.562000", "173631.562000", "173630.546000", "173630.546000", "173630.546000", "173630.546000", "173630.546000", "173630.546000", "173630.531000", "173630.531000", "173630.531000", "173630.531000", "173630.515000", "173630.515000", "173630.515000", "173630.515000", "173630.515000", "173630.500000", "173630.500000", "173630.500000", "173630.484000", "173630.484000", "173630.468000", "173630.468000", "173630.468000", "173630.468000", "173630.453000", "173630.453000", "173630.453000", "173630.453000", "173630.453000", "173630.453000", "173630.437000", "173630.437000", "173630.437000", "173630.437000", "173630.437000", "173630.421000", "173630.421000", "173630.421000", "173630.421000", "173630.421000", "173630.421000", "173630.421000", "173630.406000", "173630.406000", "173630.406000", "173630.406000", "173630.406000", "173630.406000", "173630.406000", "173630.390000", "173630.390000", "173630.390000", "173630.390000", "173630.390000", "173630.390000", "173630.390000", "173630.375000", "173630.375000", "173630.375000", "173630.375000", "173630.375000", "173630.375000", "173630.359000", "173630.359000", "173630.359000", "173630.359000", "173630.359000", "173630.359000", "173630.359000", "173630.343000", "173630.343000", "173630.343000", "173630.343000", "173630.343000", "173630.343000", "173630.343000", "173630.343000", "173630.328000", "173630.328000", "173630.328000", "173630.312000", "173630.312000", "173630.312000", "173630.312000", "173630.312000", "173630.296000", "173630.296000", "173630.296000", "173630.296000", "173630.296000", "173630.296000", "173630.281000", "173630.281000", "173630.281000", "173630.281000", "173630.281000", "173630.281000", "173630.265000", "173630.265000", "173630.265000", "173630.265000", "173630.265000", "173630.265000", "173630.265000", "173630.250000", "173630.250000", "173630.250000", "173630.250000", "173630.250000", "173630.234000", "173630.234000", "173630.234000", "173630.234000", "173630.234000", "173630.218000", "173630.218000", "173630.218000", "173630.218000", "173630.218000", "173630.203000", "173630.203000", "173630.203000", "173630.203000", "173630.203000", "173630.187000", "173630.187000", "173630.187000", "173630.187000", "173630.187000", "173630.171000", "173630.171000", "173630.171000", "173630.171000", "173630.171000", "173630.156000", "173630.156000", "173630.156000", "173630.156000", "173630.156000", "173630.140000", "173630.140000", "173630.140000", "173630.140000", "173630.140000", "173630.140000", "173630.140000", "173630.140000", "173630.125000", "173630.125000", "173630.125000", "173630.125000", "173630.125000", "173630.125000", "173630.109000", "173630.109000", "173630.109000", "173630.109000", "173630.109000", "173630.109000", "173630.093000", "173630.093000", "173630.093000", "173630.093000", "173630.093000", "173630.078000", "173630.078000", "173630.078000", "173630.062000", "173630.062000", "173630.062000", "173630.062000", "173630.062000", "173630.062000", "173630.062000", "173630.062000", "173630.046000", "173630.046000", "173630.046000", "173630.046000", "173630.046000", "173630.046000", "173630.031000", "173630.031000", "173630.031000", "173630.031000", "173630.031000", "173630.015000", "173630.015000", "173630.015000", "173630.000000", "173630.000000", "173630.000000", "173630.000000", "173630.000000", "173629.984000", "173629.984000", "173629.984000", "173629.968000", "173629.968000", "173629.968000"], "InstanceNumber": [256, 255, 254, 253, 252, 251, 250, 249, 248, 247, 246, 245, 244, 243, 242, 241, 240, 239, 238, 237, 236, 235, 234, 233, 232, 231, 230, 229, 228, 227, 226, 225, 224, 223, 222, 221, 220, 219, 218, 217, 216, 215, 214, 213, 212, 211, 210, 209, 208, 207, 206, 205, 204, 203, 202, 201, 200, 199, 198, 197, 196, 195, 194, 193, 192, 191, 190, 189, 188, 187, 186, 185, 184, 183, 182, 181, 180, 179, 178, 177, 176, 175, 174, 173, 172, 171, 170, 169, 168, 167, 166, 165, 164, 163, 162, 161, 160, 159, 158, 157, 156, 155, 154, 153, 152, 151, 150, 149, 148, 147, 146, 145, 144, 143, 142, 141, 140, 139, 138, 137, 136, 135, 134, 133, 132, 131, 130, 129, 128, 127, 126, 125, 124, 123, 122, 121, 120, 119, 118, 117, 116, 115, 114, 113, 112, 111, 110, 109, 108, 107, 106, 105, 104, 103, 102, 101, 100, 99, 98, 97, 96, 95, 94, 93, 92, 91, 90, 89, 88, 87, 86, 85, 84, 83, 82, 81, 80, 79, 78, 77, 76, 75, 74, 73, 72, 71, 70, 69, 68, 67, 66, 65, 64, 63, 62, 61, 60, 59, 58, 57, 56, 55, 54, 53, 52, 51, 50, 49, 48, 47, 46, 45, 44, 43, 42, 41, 40, 39, 38, 37, 36, 35, 34, 33, 32, 31, 30, 29, 28, 27, 26, 25, 24, 23, 22, 21, 20, 19, 18, 17, 16, 15, 14, 13, 12, 11, 10, 9, 8, 7, 6, 5, 4, 3, 2, 1], "LargestImagePixelValue": [108, 118, 115, 110, 135, 157, 281, 393, 557, 636, 658, 662, 746, 591, 547, 627, 493, 516, 664, 966, 1358, 1222, 1046, 955, 1302, 1381, 1788, 1822, 1586, 1522, 1653, 1696, 1681, 1678, 1682, 1622, 1813, 2020, 2220, 2352, 2120, 2233, 2042, 1631, 1370, 1592, 1338, 1293, 1287, 1265, 1339, 1395, 1334, 1300, 1280, 1304, 1310, 1289, 1317, 1289, 1235, 1379, 1287, 1255, 1252, 1297, 1368, 1463, 1580, 1452, 1786, 2289, 2690, 2725, 2580, 2611, 2833, 2749, 2768, 2930, 2870, 2708, 2751, 2843, 2968, 3099, 3032, 3170, 3186, 3449, 3556, 3328, 3372, 3317, 3391, 3229, 3412, 3043, 2669, 2684, 2548, 2717, 2493, 2520, 2650, 2483, 2803, 2832, 2717, 2604, 2438, 3172, 3500, 3139, 3406, 3190, 2261, 1912, 2168, 2019, 2048, 1597, 1592, 1631, 1930, 2050, 1825, 1884, 1896, 1886, 2113, 2065, 1637, 1516, 1546, 1538, 1565, 1677, 1776, 1711, 1651, 1956, 1726, 1949, 2094, 1906, 1986, 1680, 1917, 1851, 1789, 1750, 1883, 1792, 1977, 2526, 2603, 2151, 2261, 2227, 2066, 2089, 2402, 2212, 2365, 2738, 3009, 2925, 2802, 2897, 2883, 2989, 2612, 3177, 2928, 2751, 2773, 2780, 2649, 2560, 2540, 2536, 2477, 2489, 2622, 2550, 2594, 2371, 2083, 2131, 1968, 1931, 1770, 1757, 1652, 1452, 1556, 1599, 1400, 1425, 1331, 1439, 1378, 1321, 1277, 1311, 1328, 1502, 1651, 1655, 1679, 1607, 1620, 1534, 1608, 1833, 1522, 1570, 1681, 1927, 1800, 1804, 2128, 2324, 1998, 2290, 2256, 2418, 2563, 2587, 2557, 2680, 2543, 2575, 2472, 1807, 1398, 1606, 1131, 739, 457, 539, 486, 508, 362, 405, 539, 626, 385, 234, 203, 208, 158, 143, 120, 142], "SliceLocation": [101.08617020719, 100.28617019527, 99.486170183345, 98.686170171424, 97.886170159503, 97.086170147583, 96.286170135662, 95.486170123741, 94.68617011182, 93.886170099899, 93.086170087978, 92.286170076057, 91.486170064136, 90.686170052215, 89.886170040294, 89.086170028373, 88.286170016452, 87.486170004531, 86.68616999261, 85.88616998069, 85.086169968769, 84.286169956848, 83.486169944927, 82.686169933006, 81.886169921085, 81.086169909164, 80.286169897243, 79.486169885322, 78.686169873401, 77.88616986148, 77.086169849559, 76.286169837638, 75.486169825717, 74.686169813796, 73.886169801876, 73.086169789955, 72.286169778034, 71.486169766113, 70.686169754192, 69.886169742271, 69.08616973035, 68.286169718429, 67.486169706508, 66.686169694587, 65.886169682666, 65.086169670745, 64.286169658824, 63.486169646903, 62.686169634983, 61.886169623062, 61.086169611141, 60.28616959922, 59.486169587299, 58.686169575378, 57.886169563457, 57.086169551536, 56.286169539615, 55.486169527694, 54.686169515773, 53.886169503852, 53.086169491931, 52.28616948001, 51.48616946809, 50.686169456169, 49.886169444248, 49.086169432327, 48.286169420406, 47.486169408485, 46.686169396564, 45.886169384643, 45.086169372722, 44.286169360801, 43.48616934888, 42.686169336959, 41.886169325038, 41.086169313117, 40.286169301197, 39.486169289276, 38.686169277355, 37.886169265434, 37.086169253513, 36.286169241592, 35.486169229671, 34.68616921775, 33.886169205829, 33.086169193908, 32.286169181987, 31.486169170066, 30.686169158145, 29.886169146224, 29.086169134304, 28.286169122383, 27.486169110462, 26.686169098541, 25.88616908662, 25.086169074699, 24.286169062778, 23.486169050857, 22.686169038936, 21.886169027015, 21.086169015094, 20.286169003173, 19.486168991252, 18.686168979331, 17.886168967411, 17.08616895549, 16.286168943569, 15.486168931648, 14.686168919727, 13.886168907806, 13.086168895885, 12.286168883964, 11.486168872043, 10.686168860122, 9.8861688482013, 9.0861688362803, 8.2861688243594, 7.4861688124385, 6.6861688005175, 5.8861687885966, 5.0861687766757, 4.2861687647548, 3.4861687528338, 2.6861687409129, 1.886168728992, 1.086168717071, 0.28616870515012, -0.5138313067708, -1.3138313186917, -2.1138313306127, -2.9138313425336, -3.7138313544545, -4.5138313663755, -5.3138313782964, -6.1138313902173, -6.9138314021382, -7.7138314140592, -8.5138314259801, -9.313831437901, -10.113831449822, -10.913831461743, -11.713831473664, -12.513831485585, -13.313831497506, -14.113831509427, -14.913831521348, -15.713831533268, -16.513831545189, -17.31383155711, -18.113831569031, -18.913831580952, -19.713831592873, -20.513831604794, -21.313831616715, -22.113831628636, -22.913831640557, -23.713831652478, -24.513831664399, -25.31383167632, -26.113831688241, -26.913831700161, -27.713831712082, -28.513831724003, -29.313831735924, -30.113831747845, -30.913831759766, -31.713831771687, -32.513831783608, -33.313831795529, -34.11383180745, -34.913831819371, -35.713831831292, -36.513831843213, -37.313831855134, -38.113831867054, -38.913831878975, -39.713831890896, -40.513831902817, -41.313831914738, -42.113831926659, -42.91383193858, -43.713831950501, -44.513831962422, -45.313831974343, -46.113831986264, -46.913831998185, -47.713832010106, -48.513832022027, -49.313832033947, -50.113832045868, -50.913832057789, -51.71383206971, -52.513832081631, -53.313832093552, -54.113832105473, -54.913832117394, -55.713832129315, -56.513832141236, -57.313832153157, -58.113832165078, -58.913832176999, -59.71383218892, -60.51383220084, -61.313832212761, -62.113832224682, -62.913832236603, -63.713832248524, -64.513832260445, -65.313832272366, -66.113832284287, -66.913832296208, -67.713832308129, -68.51383232005, -69.313832331971, -70.113832343892, -70.913832355813, -71.713832367733, -72.513832379654, -73.313832391575, -74.113832403496, -74.913832415417, -75.713832427338, -76.513832439259, -77.31383245118, -78.113832463101, -78.913832475022, -79.713832486943, -80.513832498864, -81.313832510785, -82.113832522706, -82.913832534626, -83.713832546547, -84.513832558468, -85.313832570389, -86.11383258231, -86.913832594231, -87.713832606152, -88.513832618073, -89.313832629994, -90.113832641915, -90.913832653836, -91.713832665757, -92.513832677678, -93.313832689599, -94.113832701519, -94.91383271344, -95.713832725361, -96.513832737282, -97.313832749203, -98.113832761124, -98.913832773045, -99.713832784966, -100.51383279689, -101.31383280881, -102.11383282073, -102.91383283265], "WindowCenter": [45.0, 45.0, 46.0, 46.0, 47.0, 48.0, 55.0, 62.0, 77.0, 84.0, 86.0, 87.0, 91.0, 82.0, 79.0, 87.0, 77.0, 80.0, 93.0, 111.0, 133.0, 124.0, 118.0, 114.0, 135.0, 160.0, 356.0, 432.0, 488.0, 538.0, 565.0, 573.0, 584.0, 581.0, 590.0, 616.0, 631.0, 642.0, 649.0, 649.0, 644.0, 644.0, 642.0, 636.0, 631.0, 636.0, 636.0, 641.0, 650.0, 660.0, 669.0, 680.0, 690.0, 699.0, 708.0, 715.0, 725.0, 731.0, 738.0, 745.0, 749.0, 759.0, 766.0, 774.0, 783.0, 792.0, 799.0, 806.0, 813.0, 817.0, 825.0, 836.0, 843.0, 848.0, 851.0, 857.0, 864.0, 870.0, 878.0, 888.0, 895.0, 904.0, 914.0, 924.0, 935.0, 945.0, 952.0, 960.0, 967.0, 974.0, 984.0, 988.0, 992.0, 996.0, 1002.0, 1010.0, 1012.0, 1007.0, 999.0, 995.0, 994.0, 993.0, 990.0, 989.0, 989.0, 990.0, 991.0, 993.0, 993.0, 993.0, 994.0, 995.0, 996.0, 998.0, 1000.0, 994.0, 983.0, 976.0, 971.0, 965.0, 958.0, 949.0, 939.0, 926.0, 918.0, 902.0, 889.0, 881.0, 887.0, 905.0, 924.0, 940.0, 947.0, 955.0, 964.0, 972.0, 978.0, 983.0, 986.0, 987.0, 986.0, 987.0, 989.0, 991.0, 991.0, 988.0, 984.0, 972.0, 979.0, 983.0, 982.0, 982.0, 982.0, 982.0, 982.0, 982.0, 982.0, 979.0, 977.0, 977.0, 977.0, 977.0, 978.0, 979.0, 980.0, 981.0, 981.0, 979.0, 973.0, 970.0, 963.0, 953.0, 945.0, 941.0, 928.0, 916.0, 907.0, 900.0, 895.0, 889.0, 882.0, 874.0, 865.0, 856.0, 849.0, 842.0, 834.0, 825.0, 816.0, 807.0, 797.0, 790.0, 783.0, 775.0, 769.0, 761.0, 755.0, 749.0, 741.0, 735.0, 726.0, 718.0, 706.0, 692.0, 681.0, 672.0, 666.0, 661.0, 660.0, 658.0, 660.0, 662.0, 664.0, 669.0, 669.0, 668.0, 657.0, 648.0, 649.0, 638.0, 609.0, 585.0, 587.0, 596.0, 561.0, 528.0, 542.0, 544.0, 555.0, 558.0, 557.0, 559.0, 552.0, 504.0, 483.0, 217.0, 149.0, 167.0, 125.0, 101.0, 85.0, 89.0, 87.0, 85.0, 74.0, 74.0, 82.0, 84.0, 68.0, 58.0, 56.0, 55.0, 52.0, 51.0, 50.0, 50.0], "WindowWidth": [120.0, 121.0, 125.0, 125.0, 126.0, 130.0, 151.0, 170.0, 212.0, 232.0, 238.0, 239.0, 246.0, 224.0, 218.0, 237.0, 214.0, 221.0, 257.0, 294.0, 345.0, 327.0, 314.0, 303.0, 349.0, 430.0, 729.0, 861.0, 986.0, 1112.0, 1189.0, 1218.0, 1249.0, 1241.0, 1262.0, 1329.0, 1369.0, 1394.0, 1404.0, 1397.0, 1381.0, 1378.0, 1369.0, 1349.0, 1335.0, 1342.0, 1340.0, 1346.0, 1362.0, 1380.0, 1397.0, 1416.0, 1430.0, 1443.0, 1455.0, 1465.0, 1481.0, 1491.0, 1499.0, 1509.0, 1511.0, 1523.0, 1531.0, 1541.0, 1555.0, 1570.0, 1582.0, 1593.0, 1603.0, 1607.0, 1618.0, 1636.0, 1644.0, 1647.0, 1651.0, 1659.0, 1669.0, 1678.0, 1689.0, 1703.0, 1712.0, 1723.0, 1734.0, 1746.0, 1762.0, 1778.0, 1796.0, 1811.0, 1825.0, 1841.0, 1873.0, 1866.0, 1880.0, 1896.0, 1917.0, 1953.0, 1956.0, 1917.0, 1872.0, 1847.0, 1840.0, 1838.0, 1823.0, 1814.0, 1810.0, 1803.0, 1798.0, 1800.0, 1786.0, 1774.0, 1766.0, 1770.0, 1783.0, 1803.0, 1828.0, 1801.0, 1763.0, 1760.0, 1765.0, 1760.0, 1757.0, 1749.0, 1738.0, 1724.0, 1726.0, 1711.0, 1689.0, 1673.0, 1683.0, 1703.0, 1730.0, 1753.0, 1767.0, 1778.0, 1784.0, 1792.0, 1795.0, 1798.0, 1790.0, 1779.0, 1770.0, 1768.0, 1765.0, 1761.0, 1746.0, 1720.0, 1687.0, 1626.0, 1673.0, 1704.0, 1712.0, 1724.0, 1746.0, 1765.0, 1770.0, 1779.0, 1786.0, 1779.0, 1778.0, 1776.0, 1777.0, 1781.0, 1787.0, 1803.0, 1829.0, 1850.0, 1860.0, 1851.0, 1834.0, 1831.0, 1824.0, 1796.0, 1779.0, 1795.0, 1754.0, 1720.0, 1704.0, 1699.0, 1696.0, 1691.0, 1686.0, 1678.0, 1667.0, 1657.0, 1650.0, 1643.0, 1634.0, 1620.0, 1604.0, 1590.0, 1573.0, 1562.0, 1551.0, 1540.0, 1533.0, 1522.0, 1516.0, 1508.0, 1495.0, 1487.0, 1473.0, 1461.0, 1442.0, 1419.0, 1401.0, 1391.0, 1387.0, 1382.0, 1385.0, 1387.0, 1394.0, 1400.0, 1407.0, 1420.0, 1424.0, 1426.0, 1406.0, 1389.0, 1399.0, 1377.0, 1309.0, 1249.0, 1251.0, 1285.0, 1174.0, 1074.0, 1104.0, 1110.0, 1140.0, 1150.0, 1144.0, 1150.0, 1120.0, 995.0, 936.0, 532.0, 420.0, 439.0, 338.0, 273.0, 232.0, 244.0, 240.0, 232.0, 201.0, 200.0, 215.0, 220.0, 183.0, 159.0, 152.0, 150.0, 142.0, 140.0, 136.0, 135.0]}}}