{"AcquisitionMatrixPE": 96, "AcquisitionNumber": 1, "AcquisitionTime": "07:55:26.132500", "BandwidthPerPixelPhaseEncode": 33.602, "BaseResolution": 96, "BodyPartExamined": "BRAIN", "ConsistencyInfo": "N4_VD11D_LATEST_20110129", "ConversionSoftware": "dcm2niix", "ConversionSoftwareVersion": "v1.0.20210317", "DerivedVendorReportedEchoSpacing": 0.000620003, "DeviceSerialNumber": "45239", "DwellTime": 2.6e-06, "EchoTime": 0.03, "EchoTrainLength": 48, "EffectiveEchoSpacing": 0.000310001, "FlipAngle": 63, "ImageComments": "Unaliased MB4/PE3", "ImageOrientationPatientDICOM": [0.999856, 0.0150019, -0.00790963, -0.0169594, 0.884454, -0.46632], "ImageType": ["ORIGINAL", "PRIMARY", "M", "ND", "NORM", "MOSAIC"], "ImagingFrequency": 123.193, "InPlanePhaseEncodingDirectionDICOM": "COL", "InstitutionAddress": "E 24th St. 100,Austin,Southmiddle,US,78712", "InstitutionName": "Univ of Texas at Austin", "InstitutionalDepartmentName": "IRC", "MRAcquisitionType": "2D", "MagneticFieldStrength": 3, "Manufacturer": "Siemens", "ManufacturersModelName": "Skyra", "Modality": "MR", "MultibandAccelerationFactor": 4, "ParallelReductionFactorInPlane": 2, "PartialFourier": 1, "PatientPosition": "HFS", "PercentPhaseFOV": 100, "PercentSampling": 100, "PhaseEncodingDirection": "j-", "PhaseEncodingSteps": 96, "PhaseResolution": 1, "PixelBandwidth": 2005, "ProcedureStepDescription": "Poldrack2^self-scanning", "ProtocolName": "Breath_Hold", "PulseSequenceDetails": "%CustomerSeq%\\cmrr_mbep2d_bold", "ReceiveCoilActiveElements": "HEA;HEP", "ReceiveCoilName": "Head_32", "ReconMatrixPE": 96, "RefLinesPE": 94, "RepetitionTime": 1.16, "SAR": 0.106153, "ScanOptions": "FS", "ScanningSequence": "EP", "SequenceName": "epfid2d1_96", "SequenceVariant": "SK", "SeriesDescription": "Breath_Hold", "SeriesNumber": 8, "ShimSetting": [-2771, 8066, -15472, 105, -174, 217, 306, -127], "SliceThickness": 2, "SliceTiming": [0, 0.4975, 0.9975, 0.355, 0.855, 0.2125, 0.7125, 0.07, 0.57, 1.0675, 0.4275, 0.925, 0.285, 0.7825, 0.1425, 0.64, 0, 0.4975, 0.9975, 0.355, 0.855, 0.2125, 0.7125, 0.07, 0.57, 1.0675, 0.4275, 0.925, 0.285, 0.7825, 0.1425, 0.64, 0, 0.4975, 0.9975, 0.355, 0.855, 0.2125, 0.7125, 0.07, 0.57, 1.0675, 0.4275, 0.925, 0.285, 0.7825, 0.1425, 0.64, 0, 0.4975, 0.9975, 0.355, 0.855, 0.2125, 0.7125, 0.07, 0.57, 1.0675, 0.4275, 0.925, 0.285, 0.7825, 0.1425, 0.64], "SoftwareVersions": "syngo MR D11", "SpacingBetweenSlices": 2.4, "StationName": "AWP45239", "TaskName": "Breath holding task", "TotalReadoutTime": 0.0294501, "TxRefAmp": 349.522, "WipMemBlock": "a53f37ab-58ac-4d68-a741-45ca9472f90a||Sequence: VD11D r206; Feb 13 2013 18:52:04 by eja", "dcmmeta_affine": [[-2.395488739013672, -0.040631793439388275, -3.1104836040185546e-08, 121.29403686523438], [-0.03594209998846054, 2.1190037727355957, -1.1193279027938843, -76.20919799804688], [-0.01895015314221382, 1.1172239780426025, 2.1229944229125977, -80.9072036743164], [0.0, 0.0, 0.0, 1.0]], "dcmmeta_reorient_transform": [[0.0, -1.0, 0.0, 95.0], [1.0, 0.0, 0.0, 0.0], [0.0, 0.0, 1.0, 0.0], [0.0, 0.0, 0.0, 1.0]], "dcmmeta_shape": [96, 96, 64, 318], "dcmmeta_slice_dim": 2, "dcmmeta_version": 0.6, "global": {"const": {"AcquisitionMatrix": [96, 0, 0, 96], "AngioFlag": "N", "BitsAllocated": 16, "BitsStored": 16, "BodyPartExamined": "BRAIN", "Columns": 768, "EchoNumbers": 1, "EchoTime": 30.0, "EchoTrainLength": 48, "FlipAngle": 63.0, "HighBit": 15, "ImageOrientationPatient": [0.99985617973789, 0.01500191976923, -0.0079096297753, -0.0169593584768, 0.88445375184746, -0.4663195696119], "ImagePositionPatient": [-908.66593210021, -849.1579447869, 406.98355984035], "ImageType": ["ORIGINAL", "PRIMARY", "M", "ND", "NORM", "MOSAIC"], "ImagedNucleus": "1H", "ImagingFrequency": 123.193364, "InPlanePhaseEncodingDirection": "COL", "MRAcquisitionType": "2D", "MagneticFieldStrength": 3.0, "Manufacturer": "SIEMENS", "ManufacturerModelName": "Skyra", "Modality": "MR", "NumberOfAverages": 1.0, "NumberOfPhaseEncodingSteps": 96, "PercentPhaseFieldOfView": 100.0, "PercentSampling": 100.0, "PerformedProcedureStepStartTime": "072915.453000", "PhotometricInterpretation": "MONOCHROME2", "PixelBandwidth": 2005.0, "PixelRepresentation": 0, "PixelSpacing": [2.3958332538605, 2.3958332538605], "ProtocolName": "Breath_Hold", "RepetitionTime": 1160.0, "Rows": 768, "SAR": 0.10615296163583, "SamplesPerPixel": 1, "ScanOptions": "FS", "ScanningSequence": "EP", "SequenceName": "epfid2d1_96", "SequenceVariant": "SK", "SeriesDescription": "Breath_Hold", "SeriesNumber": 8, "SeriesTime": "075628.375000", "SliceLocation": -36.026024158502, "SliceThickness": 2.0, "SmallestImagePixelValue": 0, "SoftwareVersions": "syngo MR D11", "SpacingBetweenSlices": 2.3999999800529, "SpecificCharacterSet": "ISO_IR 100", "StudyID": "1", "StudyTime": "072915.406000", "TransmitCoilName": "Body", "VariableFlipAngleFlag": "N", "WindowCenterWidthExplanation": "Algo1", "dBdt": 0.0}, "slices": {}}, "time": {"samples": {"AcquisitionNumber": [1, 2, 3, 4, 5, 6, 7, 8, 9, 10, 11, 12, 13, 14, 15, 16, 17, 18, 19, 20, 21, 22, 23, 24, 25, 26, 27, 28, 29, 30, 31, 32, 33, 34, 35, 36, 37, 38, 39, 40, 41, 42, 43, 44, 45, 46, 47, 48, 49, 50, 51, 52, 53, 54, 55, 56, 57, 58, 59, 60, 61, 62, 63, 64, 65, 66, 67, 68, 69, 70, 71, 72, 73, 74, 75, 76, 77, 78, 79, 80, 81, 82, 83, 84, 85, 86, 87, 88, 89, 90, 91, 92, 93, 94, 95, 96, 97, 98, 99, 100, 101, 102, 103, 104, 105, 106, 107, 108, 109, 110, 111, 112, 113, 114, 115, 116, 117, 118, 119, 120, 121, 122, 123, 124, 125, 126, 127, 128, 129, 130, 131, 132, 133, 134, 135, 136, 137, 138, 139, 140, 141, 142, 143, 144, 145, 146, 147, 148, 149, 150, 151, 152, 153, 154, 155, 156, 157, 158, 159, 160, 161, 162, 163, 164, 165, 166, 167, 168, 169, 170, 171, 172, 173, 174, 175, 176, 177, 178, 179, 180, 181, 182, 183, 184, 185, 186, 187, 188, 189, 190, 191, 192, 193, 194, 195, 196, 197, 198, 199, 200, 201, 202, 203, 204, 205, 206, 207, 208, 209, 210, 211, 212, 213, 214, 215, 216, 217, 218, 219, 220, 221, 222, 223, 224, 225, 226, 227, 228, 229, 230, 231, 232, 233, 234, 235, 236, 237, 238, 239, 240, 241, 242, 243, 244, 245, 246, 247, 248, 249, 250, 251, 252, 253, 254, 255, 256, 257, 258, 259, 260, 261, 262, 263, 264, 265, 266, 267, 268, 269, 270, 271, 272, 273, 274, 275, 276, 277, 278, 279, 280, 281, 282, 283, 284, 285, 286, 287, 288, 289, 290, 291, 292, 293, 294, 295, 296, 297, 298, 299, 300, 301, 302, 303, 304, 305, 306, 307, 308, 309, 310, 311, 312, 313, 314, 315, 316, 317, 318], "AcquisitionTime": ["075526.132500", "075555.132500", "075556.292500", "075557.452500", "075558.612500", "075559.772500", "075600.932500", "075602.092500", "075603.252500", "075604.412500", "075605.572500", "075606.732500", "075607.892500", "075609.052500", "075610.212500", "075611.372500", "075612.532500", "075613.692500", "075614.852500", "075616.012500", "075617.172500", "075618.332500", "075619.492500", "075620.652500", "075621.812500", "075622.972500", "075624.132500", "075625.292500", "075626.452500", "075627.612500", "075628.772500", "075629.932500", "075631.092500", "075632.252500", "075633.412500", "075634.572500", "075635.732500", "075636.892500", "075638.052500", "075639.212500", "075640.372500", "075641.532500", "075642.692500", "075643.852500", "075645.012500", "075646.172500", "075647.332500", "075648.492500", "075649.652500", "075650.812500", "075651.972500", "075653.132500", "075654.292500", "075655.452500", "075656.612500", "075657.772500", "075658.932500", "075700.092500", "075701.252500", "075702.412500", "075703.572500", "075704.732500", "075705.892500", "075707.052500", "075708.212500", "075709.372500", "075710.532500", "075711.692500", "075712.852500", "075714.012500", "075715.172500", "075716.332500", "075717.492500", "075718.652500", "075719.812500", "075720.972500", "075722.132500", "075723.292500", "075724.452500", "075725.612500", "075726.772500", "075727.932500", "075729.092500", "075730.252500", "075731.412500", "075732.572500", "075733.732500", "075734.892500", "075736.052500", "075737.212500", "075738.372500", "075739.532500", "075740.692500", "075741.852500", "075743.012500", "075744.172500", "075745.332500", "075746.492500", "075747.652500", "075748.812500", "075749.972500", "075751.132500", "075752.292500", "075753.452500", "075754.612500", "075755.772500", "075756.932500", "075758.092500", "075759.252500", "075800.412500", "075801.572500", "075802.732500", "075803.892500", "075805.052500", "075806.212500", "075807.372500", "075808.532500", "075809.692500", "075810.852500", "075812.012500", "075813.172500", "075814.332500", "075815.492500", "075816.652500", "075817.812500", "075818.972500", "075820.132500", "075821.292500", "075822.452500", "075823.612500", "075824.772500", "075825.932500", "075827.092500", "075828.252500", "075829.412500", "075830.572500", "075831.732500", "075832.892500", "075834.052500", "075835.212500", "075836.372500", "075837.532500", "075838.692500", "075839.855000", "075841.015000", "075842.175000", "075843.335000", "075844.495000", "075845.655000", "075846.815000", "075847.975000", "075849.135000", "075850.295000", "075851.455000", "075852.615000", "075853.775000", "075854.935000", "075856.095000", "075857.255000", "075858.415000", "075859.575000", "075900.735000", "075901.895000", "075903.055000", "075904.215000", "075905.375000", "075906.535000", "075907.695000", "075908.855000", "075910.015000", "075911.175000", "075912.335000", "075913.495000", "075914.655000", "075915.815000", "075916.975000", "075918.135000", "075919.295000", "075920.455000", "075921.615000", "075922.775000", "075923.935000", "075925.095000", "075926.255000", "075927.415000", "075928.575000", "075929.735000", "075930.895000", "075932.055000", "075933.215000", "075934.375000", "075935.535000", "075936.695000", "075937.855000", "075939.015000", "075940.175000", "075941.335000", "075942.495000", "075943.655000", "075944.815000", "075945.975000", "075947.135000", "075948.295000", "075949.455000", "075950.615000", "075951.775000", "075952.935000", "075954.095000", "075955.255000", "075956.415000", "075957.575000", "075958.735000", "075959.895000", "080001.055000", "080002.215000", "080003.375000", "080004.535000", "080005.695000", "080006.855000", "080008.015000", "080009.175000", "080010.335000", "080011.495000", "080012.655000", "080013.815000", "080014.975000", "080016.135000", "080017.295000", "080018.455000", "080019.615000", "080020.775000", "080021.935000", "080023.095000", "080024.255000", "080025.415000", "080026.575000", "080027.735000", "080028.895000", "080030.055000", "080031.215000", "080032.375000", "080033.535000", "080034.695000", "080035.855000", "080037.015000", "080038.175000", "080039.335000", "080040.495000", "080041.655000", "080042.815000", "080043.975000", "080045.135000", "080046.295000", "080047.455000", "080048.615000", "080049.775000", "080050.935000", "080052.095000", "080053.255000", "080054.415000", "080055.575000", "080056.735000", "080057.895000", "080059.055000", "080100.215000", "080101.375000", "080102.535000", "080103.695000", "080104.855000", "080106.015000", "080107.175000", "080108.335000", "080109.495000", "080110.655000", "080111.815000", "080112.975000", "080114.135000", "080115.295000", "080116.455000", "080117.615000", "080118.775000", "080119.935000", "080121.095000", "080122.255000", "080123.415000", "080124.575000", "080125.735000", "080126.895000", "080128.055000", "080129.215000", "080130.375000", "080131.535000", "080132.695000", "080133.855000", "080135.015000", "080136.175000", "080137.335000", "080138.495000", "080139.655000", "080140.815000", "080141.975000", "080143.135000", "080144.295000", "080145.455000", "080146.615000", "080147.775000", "080148.935000", "080150.095000", "080151.255000", "080152.415000", "080153.575000", "080154.735000", "080155.895000", "080157.055000", "080158.215000", "080159.375000", "080200.535000", "080201.695000"], "ContentTime": ["075628.375000", "075637.062000", "075637.078000", "075637.078000", "075637.078000", "075637.093000", "075637.093000", "075637.093000", "075637.093000", "075642.062000", "075642.078000", "075642.078000", "075642.078000", "075647.062000", "075647.078000", "075647.078000", "075647.078000", "075652.062000", "075652.078000", "075652.078000", "075652.093000", "075657.062000", "075657.078000", "075657.093000", "075657.093000", "075702.062000", "075702.062000", "075702.078000", "075707.062000", "075707.062000", "075707.078000", "075707.078000", "075712.062000", "075712.062000", "075712.078000", "075712.078000", "075717.062000", "075717.078000", "075717.078000", "075722.062000", "075722.062000", "075722.078000", "075722.078000", "075727.062000", "075727.062000", "075727.078000", "075727.078000", "075732.062000", "075732.062000", "075732.078000", "075732.078000", "075737.062000", "075737.078000", "075737.078000", "075742.062000", "075742.062000", "075742.078000", "075742.078000", "075747.062000", "075747.062000", "075747.078000", "075747.078000", "075752.062000", "075752.062000", "075752.078000", "075752.078000", "075757.062000", "075757.078000", "075757.078000", "075757.078000", "075802.062000", "075802.062000", "075802.078000", "075802.078000", "075807.062000", "075807.062000", "075807.078000", "075807.078000", "075812.062000", "075812.062000", "075812.078000", "075817.062000", "075817.078000", "075817.078000", "075817.078000", "075822.062000", "075822.078000", "075822.093000", "075822.093000", "075827.062000", "075827.062000", "075827.078000", "075832.062000", "075832.062000", "075832.078000", "075832.078000", "075837.062000", "075837.062000", "075837.078000", "075842.062000", "075842.062000", "075842.078000", "075842.078000", "075847.062000", "075847.062000", "075847.078000", "075852.062000", "075852.062000", "075852.078000", "075852.078000", "075857.062000", "075857.062000", "075857.093000", "075857.093000", "075902.062000", "075902.062000", "075902.078000", "075902.078000", "075907.062000", "075907.062000", "075907.078000", "075912.062000", "075912.140000", "075912.140000", "075912.156000", "075917.062000", "075917.078000", "075917.078000", "075917.078000", "075922.062000", "075922.062000", "075922.078000", "075927.062000", "075927.062000", "075927.078000", "075927.078000", "075927.078000", "075932.062000", "075932.062000", "075932.078000", "075937.062000", "075937.062000", "075937.078000", "075937.078000", "075942.062000", "075942.062000", "075942.078000", "075947.062000", "075947.062000", "075947.078000", "075947.078000", "075952.062000", "075952.078000", "075952.078000", "075957.062000", "075957.062000", "075957.078000", "075957.078000", "080002.062000", "080002.062000", "080002.078000", "080002.078000", "080007.062000", "080007.062000", "080007.078000", "080012.062000", "080012.078000", "080012.078000", "080012.078000", "080017.062000", "080017.078000", "080017.078000", "080017.078000", "080022.062000", "080022.078000", "080022.078000", "080022.078000", "080027.062000", "080027.062000", "080027.078000", "080032.062000", "080032.062000", "080032.078000", "080032.078000", "080037.062000", "080037.062000", "080037.078000", "080037.078000", "080042.062000", "080042.062000", "080042.078000", "080042.078000", "080047.062000", "080047.062000", "080047.078000", "080052.062000", "080052.062000", "080052.078000", "080052.078000", "080057.062000", "080057.062000", "080057.078000", "080057.078000", "080102.062000", "080102.078000", "080102.078000", "080107.062000", "080107.062000", "080107.078000", "080107.078000", "080112.062000", "080112.078000", "080112.078000", "080112.078000", "080117.062000", "080117.078000", "080117.078000", "080117.078000", "080122.062000", "080122.062000", "080122.078000", "080127.062000", "080127.078000", "080127.078000", "080127.078000", "080132.062000", "080132.078000", "080132.093000", "080137.062000", "080137.062000", "080137.078000", "080137.078000", "080142.062000", "080142.078000", "080142.078000", "080142.093000", "080147.062000", "080147.062000", "080147.078000", "080152.062000", "080152.062000", "080152.078000", "080152.078000", "080157.062000", "080157.062000", "080157.078000", "080157.078000", "080202.062000", "080202.062000", "080202.078000", "080202.078000", "080207.062000", "080207.062000", "080207.078000", "080207.078000", "080212.062000", "080212.062000", "080212.078000", "080212.078000", "080217.062000", "080217.062000", "080217.078000", "080217.078000", "080222.062000", "080222.062000", "080222.078000", "080227.062000", "080227.078000", "080227.078000", "080227.078000", "080232.062000", "080232.062000", "080232.078000", "080232.078000", "080232.093000", "080237.062000", "080237.062000", "080237.078000", "080242.062000", "080242.062000", "080242.078000", "080242.078000", "080247.062000", "080247.078000", "080247.078000", "080247.078000", "080252.062000", "080252.078000", "080252.078000", "080252.078000", "080257.062000", "080257.062000", "080257.078000", "080257.078000", "080302.062000", "080302.062000", "080302.078000", "080302.078000", "080307.062000", "080307.062000", "080307.078000", "080307.078000", "080312.062000", "080312.062000", "080312.078000", "080312.078000", "080312.078000", "080317.062000", "080317.109000", "080317.109000", "080317.125000", "080322.062000", "080322.078000", "080322.078000", "080322.078000", "080325.687000", "080325.687000", "080325.687000"], "InstanceCreationTime": ["075628.375000", "075637.062000", "075637.078000", "075637.078000", "075637.078000", "075637.093000", "075637.093000", "075637.093000", "075637.093000", "075642.062000", "075642.078000", "075642.078000", "075642.078000", "075647.062000", "075647.078000", "075647.078000", "075647.078000", "075652.062000", "075652.078000", "075652.078000", "075652.093000", "075657.062000", "075657.078000", "075657.093000", "075657.093000", "075702.062000", "075702.062000", "075702.078000", "075707.062000", "075707.062000", "075707.078000", "075707.078000", "075712.062000", "075712.062000", "075712.078000", "075712.078000", "075717.062000", "075717.078000", "075717.078000", "075722.062000", "075722.062000", "075722.078000", "075722.078000", "075727.062000", "075727.062000", "075727.078000", "075727.078000", "075732.062000", "075732.062000", "075732.078000", "075732.078000", "075737.062000", "075737.078000", "075737.078000", "075742.062000", "075742.062000", "075742.078000", "075742.078000", "075747.062000", "075747.062000", "075747.078000", "075747.078000", "075752.062000", "075752.062000", "075752.078000", "075752.078000", "075757.062000", "075757.078000", "075757.078000", "075757.078000", "075802.062000", "075802.062000", "075802.078000", "075802.078000", "075807.062000", "075807.062000", "075807.078000", "075807.078000", "075812.062000", "075812.062000", "075812.078000", "075817.062000", "075817.078000", "075817.078000", "075817.078000", "075822.062000", "075822.078000", "075822.093000", "075822.093000", "075827.062000", "075827.062000", "075827.078000", "075832.062000", "075832.062000", "075832.078000", "075832.078000", "075837.062000", "075837.062000", "075837.078000", "075842.062000", "075842.062000", "075842.078000", "075842.078000", "075847.062000", "075847.062000", "075847.078000", "075852.062000", "075852.062000", "075852.078000", "075852.078000", "075857.062000", "075857.062000", "075857.093000", "075857.093000", "075902.062000", "075902.062000", "075902.078000", "075902.078000", "075907.062000", "075907.062000", "075907.078000", "075912.062000", "075912.140000", "075912.140000", "075912.156000", "075917.062000", "075917.078000", "075917.078000", "075917.078000", "075922.062000", "075922.062000", "075922.078000", "075927.062000", "075927.062000", "075927.078000", "075927.078000", "075927.078000", "075932.062000", "075932.062000", "075932.078000", "075937.062000", "075937.062000", "075937.078000", "075937.078000", "075942.062000", "075942.062000", "075942.078000", "075947.062000", "075947.062000", "075947.078000", "075947.078000", "075952.062000", "075952.078000", "075952.078000", "075957.062000", "075957.062000", "075957.078000", "075957.078000", "080002.062000", "080002.062000", "080002.078000", "080002.078000", "080007.062000", "080007.062000", "080007.078000", "080012.062000", "080012.078000", "080012.078000", "080012.078000", "080017.062000", "080017.078000", "080017.078000", "080017.078000", "080022.062000", "080022.078000", "080022.078000", "080022.078000", "080027.062000", "080027.062000", "080027.078000", "080032.062000", "080032.062000", "080032.078000", "080032.078000", "080037.062000", "080037.062000", "080037.078000", "080037.078000", "080042.062000", "080042.062000", "080042.078000", "080042.078000", "080047.062000", "080047.062000", "080047.078000", "080052.062000", "080052.062000", "080052.078000", "080052.078000", "080057.062000", "080057.062000", "080057.078000", "080057.078000", "080102.062000", "080102.078000", "080102.078000", "080107.062000", "080107.062000", "080107.078000", "080107.078000", "080112.062000", "080112.078000", "080112.078000", "080112.078000", "080117.062000", "080117.078000", "080117.078000", "080117.078000", "080122.062000", "080122.062000", "080122.078000", "080127.062000", "080127.078000", "080127.078000", "080127.078000", "080132.062000", "080132.078000", "080132.093000", "080137.062000", "080137.062000", "080137.078000", "080137.078000", "080142.062000", "080142.078000", "080142.078000", "080142.093000", "080147.062000", "080147.062000", "080147.078000", "080152.062000", "080152.062000", "080152.078000", "080152.078000", "080157.062000", "080157.062000", "080157.078000", "080157.078000", "080202.062000", "080202.062000", "080202.078000", "080202.078000", "080207.062000", "080207.062000", "080207.078000", "080207.078000", "080212.062000", "080212.062000", "080212.078000", "080212.078000", "080217.062000", "080217.062000", "080217.078000", "080217.078000", "080222.062000", "080222.062000", "080222.078000", "080227.062000", "080227.078000", "080227.078000", "080227.078000", "080232.062000", "080232.062000", "080232.078000", "080232.078000", "080232.093000", "080237.062000", "080237.062000", "080237.078000", "080242.062000", "080242.062000", "080242.078000", "080242.078000", "080247.062000", "080247.078000", "080247.078000", "080247.078000", "080252.062000", "080252.078000", "080252.078000", "080252.078000", "080257.062000", "080257.062000", "080257.078000", "080257.078000", "080302.062000", "080302.062000", "080302.078000", "080302.078000", "080307.062000", "080307.062000", "080307.078000", "080307.078000", "080312.062000", "080312.062000", "080312.078000", "080312.078000", "080312.078000", "080317.062000", "080317.109000", "080317.109000", "080317.125000", "080322.062000", "080322.078000", "080322.078000", "080322.078000", "080325.687000", "080325.687000", "080325.687000"], "InstanceNumber": [1, 2, 3, 4, 5, 6, 7, 8, 9, 10, 11, 12, 13, 14, 15, 16, 17, 18, 19, 20, 21, 22, 23, 24, 25, 26, 27, 28, 29, 30, 31, 32, 33, 34, 35, 36, 37, 38, 39, 40, 41, 42, 43, 44, 45, 46, 47, 48, 49, 50, 51, 52, 53, 54, 55, 56, 57, 58, 59, 60, 61, 62, 63, 64, 65, 66, 67, 68, 69, 70, 71, 72, 73, 74, 75, 76, 77, 78, 79, 80, 81, 82, 83, 84, 85, 86, 87, 88, 89, 90, 91, 92, 93, 94, 95, 96, 97, 98, 99, 100, 101, 102, 103, 104, 105, 106, 107, 108, 109, 110, 111, 112, 113, 114, 115, 116, 117, 118, 119, 120, 121, 122, 123, 124, 125, 126, 127, 128, 129, 130, 131, 132, 133, 134, 135, 136, 137, 138, 139, 140, 141, 142, 143, 144, 145, 146, 147, 148, 149, 150, 151, 152, 153, 154, 155, 156, 157, 158, 159, 160, 161, 162, 163, 164, 165, 166, 167, 168, 169, 170, 171, 172, 173, 174, 175, 176, 177, 178, 179, 180, 181, 182, 183, 184, 185, 186, 187, 188, 189, 190, 191, 192, 193, 194, 195, 196, 197, 198, 199, 200, 201, 202, 203, 204, 205, 206, 207, 208, 209, 210, 211, 212, 213, 214, 215, 216, 217, 218, 219, 220, 221, 222, 223, 224, 225, 226, 227, 228, 229, 230, 231, 232, 233, 234, 235, 236, 237, 238, 239, 240, 241, 242, 243, 244, 245, 246, 247, 248, 249, 250, 251, 252, 253, 254, 255, 256, 257, 258, 259, 260, 261, 262, 263, 264, 265, 266, 267, 268, 269, 270, 271, 272, 273, 274, 275, 276, 277, 278, 279, 280, 281, 282, 283, 284, 285, 286, 287, 288, 289, 290, 291, 292, 293, 294, 295, 296, 297, 298, 299, 300, 301, 302, 303, 304, 305, 306, 307, 308, 309, 310, 311, 312, 313, 314, 315, 316, 317, 318], "LargestImagePixelValue": [31020, 28678, 39641, 32878, 31337, 29752, 30254, 39185, 29810, 28714, 32992, 29742, 32072, 27952, 37236, 32804, 33988, 27714, 35773, 36187, 29706, 25595, 38904, 30255, 27075, 25470, 38040, 35863, 26398, 29445, 31709, 36762, 29973, 28305, 26655, 27256, 30260, 26351, 36312, 38858, 31007, 27026, 35274, 36744, 31598, 26589, 29960, 39491, 26519, 25472, 28316, 26909, 25503, 26887, 30344, 27639, 32216, 29324, 25158, 30714, 28038, 36570, 27101, 35764, 36691, 38279, 33576, 30355, 37086, 40274, 30193, 27997, 28434, 37842, 29186, 24871, 26784, 31996, 39316, 31041, 29105, 37151, 36810, 31537, 27475, 35774, 33700, 27164, 26891, 36747, 34374, 31574, 25805, 39449, 30637, 31109, 38967, 30880, 29103, 28416, 38708, 27262, 25830, 30731, 24899, 24984, 32523, 27953, 30479, 38672, 25977, 24983, 27159, 36489, 29074, 28436, 38786, 34805, 27326, 29447, 36647, 31194, 29985, 27508, 35313, 34303, 26679, 36027, 29996, 26623, 28111, 34699, 38090, 33733, 27259, 39179, 27372, 27863, 36472, 33770, 28871, 34292, 29001, 27090, 34771, 30685, 25568, 36831, 31826, 27194, 26546, 39328, 27493, 24972, 34822, 25161, 25239, 30758, 29671, 41566, 27781, 31316, 25661, 28358, 33604, 27020, 29664, 29783, 34518, 31824, 36922, 35647, 37870, 34675, 27640, 35151, 36133, 36771, 34935, 30980, 27551, 34143, 36950, 38352, 34058, 31165, 36817, 30061, 26229, 30825, 26758, 38699, 32644, 27293, 27116, 27333, 36049, 27352, 26721, 33694, 29699, 31185, 27704, 36963, 31212, 25931, 33687, 26992, 25800, 31315, 30487, 26773, 28923, 36724, 32985, 26103, 32725, 33161, 29008, 26909, 25982, 26471, 28837, 32091, 30858, 36058, 37202, 32498, 28591, 36681, 38158, 34817, 26766, 35610, 29800, 26637, 26082, 37997, 30912, 27499, 37544, 31860, 27002, 28935, 38727, 34659, 27349, 34984, 32129, 26834, 26337, 34040, 27790, 26539, 36064, 34863, 27954, 26564, 36430, 26507, 26693, 30076, 27371, 26706, 26640, 29929, 29303, 28635, 26608, 27677, 28443, 34938, 26521, 34375, 39243, 40919, 34066, 30996, 27343, 36758, 36838, 32452, 29496, 36711, 36705, 33092, 28021, 28424, 37199, 32755, 27108, 35080, 29351, 31199, 26353, 36916, 31790, 27775, 36692, 28232, 29031, 32779, 39257, 33762, 26177, 34547, 28896, 27092, 29942, 37909, 26293, 26370, 27505, 26280, 26749, 36384, 32377, 27350], "WindowCenter": [10221.0, 10186.0, 10231.0, 10175.0, 10164.0, 10157.0, 10174.0, 10203.0, 10166.0, 10162.0, 10184.0, 10175.0, 10153.0, 10146.0, 10171.0, 10161.0, 10148.0, 10141.0, 10160.0, 10132.0, 10107.0, 10105.0, 10160.0, 10128.0, 10107.0, 10099.0, 10144.0, 10128.0, 10103.0, 10110.0, 10127.0, 10132.0, 10115.0, 10134.0, 10129.0, 10124.0, 10136.0, 10099.0, 10157.0, 10153.0, 10113.0, 10111.0, 10134.0, 10160.0, 10100.0, 10108.0, 10107.0, 10165.0, 10100.0, 10104.0, 10142.0, 10136.0, 10142.0, 10164.0, 10158.0, 10157.0, 10199.0, 10169.0, 10165.0, 10200.0, 10173.0, 10203.0, 10193.0, 10213.0, 10222.0, 10195.0, 10185.0, 10161.0, 10182.0, 10181.0, 10153.0, 10116.0, 10123.0, 10159.0, 10126.0, 10115.0, 10127.0, 10134.0, 10146.0, 10110.0, 10096.0, 10146.0, 10143.0, 10103.0, 10100.0, 10118.0, 10134.0, 10108.0, 10109.0, 10142.0, 10132.0, 10129.0, 10088.0, 10148.0, 10123.0, 10127.0, 10167.0, 10143.0, 10107.0, 10099.0, 10143.0, 10101.0, 10116.0, 10135.0, 10149.0, 10150.0, 10183.0, 10146.0, 10183.0, 10186.0, 10163.0, 10134.0, 10175.0, 10224.0, 10178.0, 10180.0, 10223.0, 10184.0, 10169.0, 10158.0, 10193.0, 10132.0, 10162.0, 10123.0, 10163.0, 10126.0, 10104.0, 10151.0, 10127.0, 10132.0, 10125.0, 10141.0, 10154.0, 10133.0, 10102.0, 10165.0, 10101.0, 10125.0, 10132.0, 10113.0, 10104.0, 10144.0, 10104.0, 10109.0, 10128.0, 10135.0, 10081.0, 10135.0, 10132.0, 10100.0, 10096.0, 10160.0, 10109.0, 10102.0, 10168.0, 10130.0, 10118.0, 10149.0, 10145.0, 10216.0, 10150.0, 10173.0, 10138.0, 10183.0, 10221.0, 10209.0, 10205.0, 10198.0, 10208.0, 10187.0, 10205.0, 10197.0, 10178.0, 10174.0, 10129.0, 10163.0, 10158.0, 10150.0, 10155.0, 10129.0, 10123.0, 10132.0, 10153.0, 10161.0, 10150.0, 10104.0, 10137.0, 10134.0, 10101.0, 10106.0, 10099.0, 10144.0, 10110.0, 10104.0, 10109.0, 10095.0, 10147.0, 10109.0, 10131.0, 10146.0, 10108.0, 10129.0, 10106.0, 10153.0, 10137.0, 10118.0, 10153.0, 10139.0, 10127.0, 10152.0, 10159.0, 10135.0, 10164.0, 10172.0, 10169.0, 10150.0, 10159.0, 10197.0, 10164.0, 10159.0, 10163.0, 10182.0, 10189.0, 10195.0, 10177.0, 10193.0, 10182.0, 10161.0, 10157.0, 10166.0, 10157.0, 10130.0, 10089.0, 10146.0, 10113.0, 10107.0, 10086.0, 10149.0, 10093.0, 10074.0, 10134.0, 10136.0, 10104.0, 10135.0, 10135.0, 10131.0, 10131.0, 10154.0, 10126.0, 10089.0, 10104.0, 10140.0, 10100.0, 10109.0, 10124.0, 10143.0, 10105.0, 10102.0, 10151.0, 10133.0, 10124.0, 10153.0, 10144.0, 10153.0, 10135.0, 10182.0, 10179.0, 10175.0, 10167.0, 10168.0, 10200.0, 10225.0, 10171.0, 10202.0, 10218.0, 10214.0, 10172.0, 10162.0, 10133.0, 10168.0, 10167.0, 10157.0, 10134.0, 10157.0, 10150.0, 10111.0, 10084.0, 10124.0, 10142.0, 10136.0, 10103.0, 10135.0, 10112.0, 10129.0, 10106.0, 10138.0, 10108.0, 10077.0, 10137.0, 10106.0, 10108.0, 10115.0, 10127.0, 10124.0, 10084.0, 10137.0, 10095.0, 10103.0, 10120.0, 10130.0, 10117.0, 10108.0, 10131.0, 10134.0, 10132.0, 10184.0, 10173.0, 10144.0], "WindowWidth": [21680.0, 21607.0, 21687.0, 21577.0, 21546.0, 21536.0, 21569.0, 21629.0, 21557.0, 21551.0, 21598.0, 21576.0, 21530.0, 21512.0, 21557.0, 21534.0, 21506.0, 21488.0, 21525.0, 21472.0, 21421.0, 21415.0, 21530.0, 21464.0, 21423.0, 21405.0, 21490.0, 21461.0, 21411.0, 21424.0, 21463.0, 21475.0, 21438.0, 21477.0, 21469.0, 21461.0, 21483.0, 21409.0, 21516.0, 21510.0, 21431.0, 21420.0, 21469.0, 21522.0, 21408.0, 21414.0, 21420.0, 21532.0, 21414.0, 21422.0, 21502.0, 21493.0, 21508.0, 21552.0, 21549.0, 21543.0, 21623.0, 21567.0, 21559.0, 21629.0, 21579.0, 21639.0, 21617.0, 21656.0, 21669.0, 21616.0, 21596.0, 21535.0, 21583.0, 21578.0, 21516.0, 21443.0, 21449.0, 21519.0, 21459.0, 21437.0, 21463.0, 21478.0, 21502.0, 21429.0, 21403.0, 21493.0, 21487.0, 21414.0, 21405.0, 21442.0, 21474.0, 21423.0, 21423.0, 21489.0, 21466.0, 21458.0, 21382.0, 21496.0, 21450.0, 21460.0, 21535.0, 21488.0, 21420.0, 21403.0, 21492.0, 21414.0, 21441.0, 21487.0, 21516.0, 21521.0, 21591.0, 21525.0, 21588.0, 21596.0, 21546.0, 21496.0, 21573.0, 21671.0, 21584.0, 21590.0, 21671.0, 21592.0, 21555.0, 21537.0, 21597.0, 21486.0, 21538.0, 21467.0, 21542.0, 21470.0, 21420.0, 21508.0, 21466.0, 21471.0, 21456.0, 21488.0, 21507.0, 21464.0, 21414.0, 21535.0, 21415.0, 21452.0, 21465.0, 21429.0, 21413.0, 21492.0, 21417.0, 21425.0, 21462.0, 21473.0, 21369.0, 21472.0, 21465.0, 21404.0, 21395.0, 21519.0, 21425.0, 21411.0, 21541.0, 21472.0, 21452.0, 21511.0, 21511.0, 21653.0, 21522.0, 21572.0, 21506.0, 21600.0, 21687.0, 21659.0, 21645.0, 21626.0, 21645.0, 21604.0, 21627.0, 21607.0, 21574.0, 21559.0, 21472.0, 21538.0, 21527.0, 21509.0, 21512.0, 21463.0, 21449.0, 21473.0, 21509.0, 21524.0, 21504.0, 21411.0, 21474.0, 21466.0, 21406.0, 21413.0, 21396.0, 21484.0, 21422.0, 21412.0, 21420.0, 21398.0, 21498.0, 21428.0, 21470.0, 21503.0, 21432.0, 21466.0, 21419.0, 21512.0, 21480.0, 21444.0, 21515.0, 21490.0, 21470.0, 21522.0, 21533.0, 21489.0, 21550.0, 21569.0, 21556.0, 21513.0, 21541.0, 21610.0, 21553.0, 21548.0, 21552.0, 21588.0, 21602.0, 21616.0, 21581.0, 21614.0, 21583.0, 21534.0, 21525.0, 21543.0, 21521.0, 21468.0, 21385.0, 21491.0, 21430.0, 21418.0, 21378.0, 21495.0, 21388.0, 21353.0, 21470.0, 21473.0, 21413.0, 21467.0, 21473.0, 21464.0, 21462.0, 21511.0, 21459.0, 21388.0, 21416.0, 21485.0, 21410.0, 21423.0, 21458.0, 21488.0, 21418.0, 21411.0, 21511.0, 21477.0, 21460.0, 21523.0, 21506.0, 21523.0, 21492.0, 21583.0, 21578.0, 21569.0, 21554.0, 21563.0, 21644.0, 21692.0, 21583.0, 21638.0, 21661.0, 21647.0, 21562.0, 21539.0, 21485.0, 21545.0, 21543.0, 21525.0, 21476.0, 21520.0, 21507.0, 21426.0, 21371.0, 21446.0, 21484.0, 21471.0, 21409.0, 21469.0, 21424.0, 21460.0, 21411.0, 21476.0, 21419.0, 21357.0, 21471.0, 21413.0, 21414.0, 21427.0, 21452.0, 21442.0, 21367.0, 21470.0, 21394.0, 21405.0, 21437.0, 21460.0, 21439.0, 21426.0, 21476.0, 21483.0, 21477.0, 21578.0, 21556.0, 21502.0]}, "slices": {}}}