{"AcquisitionMatrixPE": 96, "AcquisitionNumber": 1, "AcquisitionTime": "07:44:7.632500", "BandwidthPerPixelPhaseEncode": 33.602, "BaseResolution": 96, "BodyPartExamined": "BRAIN", "ConsistencyInfo": "N4_VD11D_LATEST_20110129", "ConversionSoftware": "dcm2niix", "ConversionSoftwareVersion": "v1.0.20210317", "DerivedVendorReportedEchoSpacing": 0.000620003, "DeviceSerialNumber": "45239", "DwellTime": 2.6e-06, "EchoTime": 0.03, "EchoTrainLength": 48, "EffectiveEchoSpacing": 0.000310001, "FlipAngle": 63, "ImageComments": "Unaliased MB4/PE3", "ImageOrientationPatientDICOM": [0.999856, 0.0150019, -0.00790963, -0.0169594, 0.884454, -0.46632], "ImageType": ["ORIGINAL", "PRIMARY", "M", "ND", "NORM", "MOSAIC"], "ImagingFrequency": 123.193, "InPlanePhaseEncodingDirectionDICOM": "COL", "InstitutionAddress": "E 24th St. 100,Austin,Southmiddle,US,78712", "InstitutionName": "Univ of Texas at Austin", "InstitutionalDepartmentName": "IRC", "MRAcquisitionType": "2D", "MagneticFieldStrength": 3, "Manufacturer": "Siemens", "ManufacturersModelName": "Skyra", "Modality": "MR", "MultibandAccelerationFactor": 4, "ParallelReductionFactorInPlane": 2, "PartialFourier": 1, "PatientPosition": "HFS", "PercentPhaseFOV": 100, "PercentSampling": 100, "PhaseEncodingDirection": "j-", "PhaseEncodingSteps": 96, "PhaseResolution": 1, "PixelBandwidth": 2005, "ProcedureStepDescription": "Poldrack2^self-scanning", "ProtocolName": "Resting State fMRI MBEPI_matrix96_BW2004", "PulseSequenceDetails": "%CustomerSeq%\\cmrr_mbep2d_bold", "ReceiveCoilActiveElements": "HEA;HEP", "ReceiveCoilName": "Head_32", "ReconMatrixPE": 96, "RefLinesPE": 94, "RepetitionTime": 1.16, "SAR": 0.107766, "ScanOptions": "FS", "ScanningSequence": "EP", "SequenceName": "epfid2d1_96", "SequenceVariant": "SK", "SeriesDescription": "Resting State fMRI MBEPI_matrix96_BW2004", "SeriesNumber": 6, "ShimSetting": [-2771, 8066, -15472, 105, -174, 217, 306, -127], "SliceThickness": 2, "SliceTiming": [0, 0.4975, 0.995, 0.355, 0.8525, 0.2125, 0.71, 0.07, 0.5675, 1.0675, 0.4275, 0.925, 0.285, 0.7825, 0.1425, 0.64, 0, 0.4975, 0.995, 0.355, 0.8525, 0.2125, 0.71, 0.07, 0.5675, 1.0675, 0.4275, 0.925, 0.285, 0.7825, 0.1425, 0.64, 0, 0.4975, 0.995, 0.355, 0.8525, 0.2125, 0.71, 0.07, 0.5675, 1.0675, 0.4275, 0.925, 0.285, 0.7825, 0.1425, 0.64, 0, 0.4975, 0.995, 0.355, 0.8525, 0.2125, 0.71, 0.07, 0.5675, 1.0675, 0.4275, 0.925, 0.285, 0.7825, 0.1425, 0.64], "SoftwareVersions": "syngo MR D11", "SpacingBetweenSlices": 2.4, "StationName": "AWP45239", "TaskName": "Resting fmri", "TotalReadoutTime": 0.0294501, "TxRefAmp": 349.522, "WipMemBlock": "755f4c55-72e5-4857-92c4-0a10eadf3244||Sequence: VD11D r206; Feb 13 2013 18:52:04 by eja", "dcmmeta_affine": [[-2.395488739013672, -0.040631793439388275, -3.1104836040185546e-08, 121.29403686523438], [-0.03594209998846054, 2.1190037727355957, -1.1193279027938843, -76.20919799804688], [-0.01895015314221382, 1.1172239780426025, 2.1229944229125977, -80.9072036743164], [0.0, 0.0, 0.0, 1.0]], "dcmmeta_reorient_transform": [[0.0, -1.0, 0.0, 95.0], [1.0, 0.0, 0.0, 0.0], [0.0, 0.0, 1.0, 0.0], [0.0, 0.0, 0.0, 1.0]], "dcmmeta_shape": [96, 96, 64, 518], "dcmmeta_slice_dim": 2, "dcmmeta_version": 0.6, "global": {"const": {"AcquisitionMatrix": [96, 0, 0, 96], "AngioFlag": "N", "BitsAllocated": 16, "BitsStored": 16, "BodyPartExamined": "BRAIN", "Columns": 768, "EchoNumbers": 1, "EchoTime": 30.0, "EchoTrainLength": 48, "FlipAngle": 63.0, "HighBit": 15, "ImageOrientationPatient": [0.99985617973789, 0.01500191976923, -0.0079096297753, -0.0169593584768, 0.88445375184746, -0.4663195696119], "ImagePositionPatient": [-908.66593210021, -849.1579447869, 406.98355984035], "ImageType": ["ORIGINAL", "PRIMARY", "M", "ND", "NORM", "MOSAIC"], "ImagedNucleus": "1H", "ImagingFrequency": 123.193325, "InPlanePhaseEncodingDirection": "COL", "MRAcquisitionType": "2D", "MagneticFieldStrength": 3.0, "Manufacturer": "SIEMENS", "ManufacturerModelName": "Skyra", "Modality": "MR", "NumberOfAverages": 1.0, "NumberOfPhaseEncodingSteps": 96, "PercentPhaseFieldOfView": 100.0, "PercentSampling": 100.0, "PerformedProcedureStepStartTime": "072915.453000", "PhotometricInterpretation": "MONOCHROME2", "PixelBandwidth": 2005.0, "PixelRepresentation": 0, "PixelSpacing": [2.3958332538605, 2.3958332538605], "ProtocolName": "Resting State fMRI MBEPI_matrix96_BW2004", "RepetitionTime": 1160.0, "Rows": 768, "SAR": 0.10776613676644, "SamplesPerPixel": 1, "ScanOptions": "FS", "ScanningSequence": "EP", "SequenceName": "epfid2d1_96", "SequenceVariant": "SK", "SeriesDescription": "Resting State fMRI MBEPI_matrix96_BW2004", "SeriesNumber": 6, "SeriesTime": "074446.671000", "SliceLocation": -36.026024158502, "SliceThickness": 2.0, "SmallestImagePixelValue": 0, "SoftwareVersions": "syngo MR D11", "SpacingBetweenSlices": 2.3999999800529, "SpecificCharacterSet": "ISO_IR 100", "StudyID": "1", "StudyTime": "072915.406000", "TransmitCoilName": "Body", "VariableFlipAngleFlag": "N", "WindowCenterWidthExplanation": "Algo1", "dBdt": 0.0}, "slices": {}}, "time": {"samples": {"AcquisitionNumber": [1, 2, 3, 4, 5, 6, 7, 8, 9, 10, 11, 12, 13, 14, 15, 16, 17, 18, 19, 20, 21, 22, 23, 24, 25, 26, 27, 28, 29, 30, 31, 32, 33, 34, 35, 36, 37, 38, 39, 40, 41, 42, 43, 44, 45, 46, 47, 48, 49, 50, 51, 52, 53, 54, 55, 56, 57, 58, 59, 60, 61, 62, 63, 64, 65, 66, 67, 68, 69, 70, 71, 72, 73, 74, 75, 76, 77, 78, 79, 80, 81, 82, 83, 84, 85, 86, 87, 88, 89, 90, 91, 92, 93, 94, 95, 96, 97, 98, 99, 100, 101, 102, 103, 104, 105, 106, 107, 108, 109, 110, 111, 112, 113, 114, 115, 116, 117, 118, 119, 120, 121, 122, 123, 124, 125, 126, 127, 128, 129, 130, 131, 132, 133, 134, 135, 136, 137, 138, 139, 140, 141, 142, 143, 144, 145, 146, 147, 148, 149, 150, 151, 152, 153, 154, 155, 156, 157, 158, 159, 160, 161, 162, 163, 164, 165, 166, 167, 168, 169, 170, 171, 172, 173, 174, 175, 176, 177, 178, 179, 180, 181, 182, 183, 184, 185, 186, 187, 188, 189, 190, 191, 192, 193, 194, 195, 196, 197, 198, 199, 200, 201, 202, 203, 204, 205, 206, 207, 208, 209, 210, 211, 212, 213, 214, 215, 216, 217, 218, 219, 220, 221, 222, 223, 224, 225, 226, 227, 228, 229, 230, 231, 232, 233, 234, 235, 236, 237, 238, 239, 240, 241, 242, 243, 244, 245, 246, 247, 248, 249, 250, 251, 252, 253, 254, 255, 256, 257, 258, 259, 260, 261, 262, 263, 264, 265, 266, 267, 268, 269, 270, 271, 272, 273, 274, 275, 276, 277, 278, 279, 280, 281, 282, 283, 284, 285, 286, 287, 288, 289, 290, 291, 292, 293, 294, 295, 296, 297, 298, 299, 300, 301, 302, 303, 304, 305, 306, 307, 308, 309, 310, 311, 312, 313, 314, 315, 316, 317, 318, 319, 320, 321, 322, 323, 324, 325, 326, 327, 328, 329, 330, 331, 332, 333, 334, 335, 336, 337, 338, 339, 340, 341, 342, 343, 344, 345, 346, 347, 348, 349, 350, 351, 352, 353, 354, 355, 356, 357, 358, 359, 360, 361, 362, 363, 364, 365, 366, 367, 368, 369, 370, 371, 372, 373, 374, 375, 376, 377, 378, 379, 380, 381, 382, 383, 384, 385, 386, 387, 388, 389, 390, 391, 392, 393, 394, 395, 396, 397, 398, 399, 400, 401, 402, 403, 404, 405, 406, 407, 408, 409, 410, 411, 412, 413, 414, 415, 416, 417, 418, 419, 420, 421, 422, 423, 424, 425, 426, 427, 428, 429, 430, 431, 432, 433, 434, 435, 436, 437, 438, 439, 440, 441, 442, 443, 444, 445, 446, 447, 448, 449, 450, 451, 452, 453, 454, 455, 456, 457, 458, 459, 460, 461, 462, 463, 464, 465, 466, 467, 468, 469, 470, 471, 472, 473, 474, 475, 476, 477, 478, 479, 480, 481, 482, 483, 484, 485, 486, 487, 488, 489, 490, 491, 492, 493, 494, 495, 496, 497, 498, 499, 500, 501, 502, 503, 504, 505, 506, 507, 508, 509, 510, 511, 512, 513, 514, 515, 516, 517, 518], "AcquisitionTime": ["074407.632500", "074436.632500", "074437.792500", "074438.952500", "074440.112500", "074441.272500", "074442.432500", "074443.592500", "074444.752500", "074445.912500", "074447.072500", "074448.232500", "074449.392500", "074450.552500", "074451.712500", "074452.872500", "074454.032500", "074455.192500", "074456.352500", "074457.512500", "074458.672500", "074459.832500", "074500.992500", "074502.152500", "074503.312500", "074504.472500", "074505.632500", "074506.792500", "074507.952500", "074509.112500", "074510.272500", "074511.432500", "074512.592500", "074513.752500", "074514.912500", "074516.072500", "074517.232500", "074518.392500", "074519.552500", "074520.712500", "074521.872500", "074523.032500", "074524.192500", "074525.352500", "074526.512500", "074527.672500", "074528.832500", "074529.992500", "074531.152500", "074532.312500", "074533.472500", "074534.632500", "074535.792500", "074536.952500", "074538.112500", "074539.272500", "074540.432500", "074541.592500", "074542.752500", "074543.912500", "074545.072500", "074546.232500", "074547.392500", "074548.552500", "074549.712500", "074550.872500", "074552.032500", "074553.192500", "074554.352500", "074555.512500", "074556.672500", "074557.832500", "074558.992500", "074600.152500", "074601.312500", "074602.472500", "074603.632500", "074604.792500", "074605.952500", "074607.112500", "074608.272500", "074609.432500", "074610.592500", "074611.752500", "074612.912500", "074614.072500", "074615.232500", "074616.392500", "074617.552500", "074618.712500", "074619.872500", "074621.032500", "074622.192500", "074623.352500", "074624.512500", "074625.672500", "074626.832500", "074627.992500", "074629.152500", "074630.312500", "074631.472500", "074632.632500", "074633.792500", "074634.952500", "074636.112500", "074637.272500", "074638.432500", "074639.592500", "074640.752500", "074641.912500", "074643.072500", "074644.232500", "074645.392500", "074646.552500", "074647.712500", "074648.872500", "074650.032500", "074651.192500", "074652.352500", "074653.512500", "074654.672500", "074655.832500", "074656.992500", "074658.152500", "074659.312500", "074700.472500", "074701.632500", "074702.792500", "074703.952500", "074705.112500", "074706.272500", "074707.432500", "074708.592500", "074709.752500", "074710.912500", "074712.072500", "074713.232500", "074714.392500", "074715.552500", "074716.712500", "074717.872500", "074719.032500", "074720.192500", "074721.352500", "074722.512500", "074723.672500", "074724.832500", "074725.992500", "074727.152500", "074728.312500", "074729.472500", "074730.632500", "074731.792500", "074732.952500", "074734.112500", "074735.272500", "074736.432500", "074737.592500", "074738.752500", "074739.912500", "074741.072500", "074742.232500", "074743.392500", "074744.552500", "074745.712500", "074746.872500", "074748.032500", "074749.192500", "074750.352500", "074751.512500", "074752.672500", "074753.832500", "074754.992500", "074756.152500", "074757.312500", "074758.472500", "074759.632500", "074800.792500", "074801.952500", "074803.112500", "074804.272500", "074805.432500", "074806.592500", "074807.752500", "074808.912500", "074810.072500", "074811.232500", "074812.392500", "074813.552500", "074814.712500", "074815.872500", "074817.032500", "074818.192500", "074819.352500", "074820.512500", "074821.672500", "074822.832500", "074823.992500", "074825.152500", "074826.312500", "074827.472500", "074828.632500", "074829.792500", "074830.952500", "074832.112500", "074833.272500", "074834.432500", "074835.592500", "074836.752500", "074837.912500", "074839.072500", "074840.232500", "074841.392500", "074842.552500", "074843.712500", "074844.872500", "074846.032500", "074847.192500", "074848.352500", "074849.512500", "074850.672500", "074851.832500", "074852.992500", "074854.152500", "074855.312500", "074856.472500", "074857.632500", "074858.792500", "074859.955000", "074901.115000", "074902.275000", "074903.435000", "074904.595000", "074905.755000", "074906.915000", "074908.075000", "074909.235000", "074910.395000", "074911.555000", "074912.715000", "074913.875000", "074915.035000", "074916.195000", "074917.355000", "074918.515000", "074919.675000", "074920.835000", "074921.995000", "074923.155000", "074924.315000", "074925.475000", "074926.635000", "074927.795000", "074928.955000", "074930.115000", "074931.275000", "074932.435000", "074933.595000", "074934.755000", "074935.915000", "074937.075000", "074938.235000", "074939.395000", "074940.555000", "074941.715000", "074942.875000", "074944.035000", "074945.195000", "074946.355000", "074947.515000", "074948.675000", "074949.835000", "074950.995000", "074952.155000", "074953.315000", "074954.475000", "074955.635000", "074956.795000", "074957.955000", "074959.115000", "075000.275000", "075001.435000", "075002.595000", "075003.755000", "075004.915000", "075006.075000", "075007.235000", "075008.395000", "075009.555000", "075010.715000", "075011.875000", "075013.035000", "075014.195000", "075015.355000", "075016.515000", "075017.675000", "075018.835000", "075019.995000", "075021.155000", "075022.315000", "075023.475000", "075024.635000", "075025.795000", "075026.955000", "075028.115000", "075029.275000", "075030.435000", "075031.595000", "075032.755000", "075033.915000", "075035.075000", "075036.235000", "075037.395000", "075038.555000", "075039.715000", "075040.875000", "075042.035000", "075043.195000", "075044.355000", "075045.515000", "075046.675000", "075047.835000", "075048.995000", "075050.155000", "075051.315000", "075052.475000", "075053.635000", "075054.795000", "075055.955000", "075057.115000", "075058.275000", "075059.435000", "075100.595000", "075101.755000", "075102.915000", "075104.075000", "075105.235000", "075106.395000", "075107.555000", "075108.715000", "075109.875000", "075111.035000", "075112.195000", "075113.355000", "075114.515000", "075115.675000", "075116.835000", "075117.995000", "075119.155000", "075120.315000", "075121.475000", "075122.635000", "075123.795000", "075124.955000", "075126.115000", "075127.275000", "075128.435000", "075129.595000", "075130.755000", "075131.915000", "075133.075000", "075134.235000", "075135.395000", "075136.555000", "075137.715000", "075138.875000", "075140.035000", "075141.195000", "075142.355000", "075143.515000", "075144.675000", "075145.835000", "075146.995000", "075148.155000", "075149.315000", "075150.475000", "075151.635000", "075152.795000", "075153.955000", "075155.115000", "075156.275000", "075157.435000", "075158.595000", "075159.755000", "075200.915000", "075202.075000", "075203.235000", "075204.395000", "075205.555000", "075206.715000", "075207.875000", "075209.035000", "075210.195000", "075211.355000", "075212.515000", "075213.675000", "075214.835000", "075215.995000", "075217.155000", "075218.315000", "075219.475000", "075220.635000", "075221.795000", "075222.955000", "075224.115000", "075225.275000", "075226.435000", "075227.595000", "075228.755000", "075229.915000", "075231.075000", "075232.235000", "075233.395000", "075234.555000", "075235.715000", "075236.875000", "075238.035000", "075239.195000", "075240.355000", "075241.515000", "075242.675000", "075243.835000", "075244.995000", "075246.155000", "075247.315000", "075248.475000", "075249.635000", "075250.795000", "075251.955000", "075253.115000", "075254.275000", "075255.435000", "075256.595000", "075257.755000", "075258.915000", "075300.075000", "075301.235000", "075302.395000", "075303.555000", "075304.715000", "075305.875000", "075307.035000", "075308.195000", "075309.355000", "075310.515000", "075311.675000", "075312.835000", "075313.995000", "075315.155000", "075316.315000", "075317.475000", "075318.635000", "075319.795000", "075320.955000", "075322.115000", "075323.275000", "075324.435000", "075325.595000", "075326.755000", "075327.915000", "075329.075000", "075330.235000", "075331.395000", "075332.555000", "075333.715000", "075334.875000", "075336.035000", "075337.195000", "075338.355000", "075339.515000", "075340.675000", "075341.835000", "075342.995000", "075344.155000", "075345.315000", "075346.475000", "075347.635000", "075348.795000", "075349.957500", "075351.117500", "075352.277500", "075353.437500", "075354.597500", "075355.757500", "075356.917500", "075358.077500", "075359.237500", "075400.397500", "075401.557500", "075402.717500", "075403.877500", "075405.037500", "075406.197500", "075407.357500", "075408.517500", "075409.677500", "075410.837500", "075411.997500", "075413.157500", "075414.317500", "075415.477500", "075416.637500", "075417.797500", "075418.957500", "075420.117500", "075421.277500", "075422.437500", "075423.597500", "075424.757500", "075425.917500", "075427.077500", "075428.237500", "075429.397500", "075430.557500", "075431.717500", "075432.877500", "075434.037500", "075435.197500"], "ContentTime": ["074446.687000", "074451.609000", "074451.609000", "074451.609000", "074451.625000", "074456.609000", "074456.609000", "074456.609000", "074456.609000", "074456.609000", "074501.609000", "074501.609000", "074501.609000", "074506.609000", "074506.609000", "074506.609000", "074506.609000", "074511.609000", "074511.609000", "074511.609000", "074511.609000", "074516.609000", "074516.609000", "074516.609000", "074516.609000", "074521.609000", "074521.609000", "074521.609000", "074526.609000", "074526.609000", "074526.609000", "074526.609000", "074531.609000", "074531.609000", "074531.609000", "074531.609000", "074536.609000", "074536.609000", "074536.609000", "074536.609000", "074541.609000", "074541.609000", "074541.609000", "074546.609000", "074546.609000", "074546.609000", "074546.609000", "074551.609000", "074551.609000", "074551.609000", "074551.609000", "074556.609000", "074556.609000", "074556.609000", "074601.609000", "074601.609000", "074601.609000", "074601.609000", "074606.609000", "074606.609000", "074606.609000", "074606.609000", "074611.609000", "074611.609000", "074611.609000", "074611.609000", "074616.609000", "074616.609000", "074616.609000", "074621.609000", "074621.609000", "074621.609000", "074621.609000", "074626.609000", "074626.609000", "074626.609000", "074631.609000", "074631.609000", "074631.609000", "074631.609000", "074636.609000", "074636.609000", "074636.609000", "074636.609000", "074641.609000", "074641.609000", "074641.609000", "074641.609000", "074646.609000", "074646.609000", "074646.609000", "074651.609000", "074651.609000", "074651.609000", "074651.609000", "074656.609000", "074656.609000", "074656.609000", "074656.609000", "074701.609000", "074701.609000", "074701.609000", "074701.609000", "074706.609000", "074706.609000", "074706.609000", "074711.609000", "074711.609000", "074711.609000", "074711.609000", "074716.609000", "074716.609000", "074716.609000", "074716.609000", "074721.609000", "074721.609000", "074721.609000", "074721.609000", "074726.609000", "074726.609000", "074726.609000", "074726.625000", "074731.609000", "074731.609000", "074731.609000", "074731.625000", "074736.609000", "074736.609000", "074736.609000", "074741.609000", "074741.609000", "074741.609000", "074741.609000", "074746.609000", "074746.609000", "074746.609000", "074746.609000", "074751.609000", "074751.609000", "074751.609000", "074751.609000", "074756.609000", "074756.609000", "074756.609000", "074756.609000", "074801.609000", "074801.609000", "074801.609000", "074801.609000", "074806.609000", "074806.609000", "074806.609000", "074806.609000", "074811.609000", "074811.609000", "074811.609000", "074811.609000", "074816.609000", "074816.609000", "074816.625000", "074816.625000", "074821.609000", "074821.609000", "074821.609000", "074826.609000", "074826.609000", "074826.609000", "074826.609000", "074831.609000", "074831.609000", "074831.609000", "074836.609000", "074836.609000", "074836.609000", "074836.609000", "074841.609000", "074841.609000", "074841.609000", "074841.609000", "074846.609000", "074846.609000", "074846.609000", "074846.609000", "074851.609000", "074851.609000", "074851.609000", "074856.609000", "074856.609000", "074856.609000", "074856.625000", "074901.609000", "074901.609000", "074901.625000", "074906.609000", "074906.625000", "074906.625000", "074906.625000", "074911.609000", "074911.609000", "074911.609000", "074911.609000", "074916.609000", "074916.609000", "074916.609000", "074916.609000", "074921.609000", "074921.609000", "074921.609000", "074926.609000", "074926.609000", "074926.609000", "074926.625000", "074931.609000", "074931.609000", "074931.609000", "074936.609000", "074936.609000", "074936.609000", "074936.609000", "074941.609000", "074941.609000", "074941.609000", "074941.609000", "074946.609000", "074946.609000", "074946.609000", "074946.609000", "074951.609000", "074951.609000", "074951.609000", "074956.609000", "074956.609000", "074956.609000", "074956.625000", "075001.609000", "075001.609000", "075001.609000", "075001.609000", "075006.609000", "075006.609000", "075006.609000", "075011.609000", "075011.609000", "075011.609000", "075011.625000", "075016.609000", "075016.609000", "075016.609000", "075016.609000", "075021.609000", "075021.609000", "075021.609000", "075021.609000", "075026.609000", "075026.609000", "075026.609000", "075026.625000", "075031.609000", "075031.609000", "075031.609000", "075031.609000", "075036.609000", "075036.609000", "075036.609000", "075036.609000", "075041.609000", "075041.609000", "075041.609000", "075046.609000", "075046.609000", "075046.609000", "075046.609000", "075051.609000", "075051.609000", "075051.609000", "075051.609000", "075056.609000", "075056.609000", "075056.609000", "075056.625000", "075101.609000", "075101.609000", "075101.609000", "075101.609000", "075106.609000", "075106.609000", "075106.609000", "075111.609000", "075111.609000", "075111.609000", "075111.609000", "075116.609000", "075116.609000", "075116.609000", "075116.609000", "075121.609000", "075121.609000", "075121.609000", "075121.609000", "075126.609000", "075126.609000", "075126.609000", "075131.609000", "075131.609000", "075131.609000", "075131.625000", "075136.609000", "075136.609000", "075136.609000", "075136.609000", "075141.609000", "075141.609000", "075141.609000", "075141.609000", "075146.609000", "075146.609000", "075146.609000", "075146.609000", "075151.609000", "075151.609000", "075151.609000", "075156.609000", "075156.609000", "075156.609000", "075156.609000", "075201.609000", "075201.609000", "075201.609000", "075201.625000", "075206.609000", "075206.609000", "075206.609000", "075206.609000", "075211.609000", "075211.609000", "075211.609000", "075211.625000", "075216.609000", "075216.609000", "075216.609000", "075221.609000", "075221.609000", "075221.609000", "075221.609000", "075226.609000", "075226.609000", "075226.609000", "075226.609000", "075231.609000", "075231.609000", "075231.609000", "075236.609000", "075236.609000", "075236.609000", "075236.609000", "075241.609000", "075241.609000", "075241.625000", "075241.625000", "075246.609000", "075246.609000", "075246.609000", "075251.609000", "075251.609000", "075251.609000", "075251.609000", "075256.609000", "075256.609000", "075256.609000", "075256.609000", "075301.609000", "075301.609000", "075301.609000", "075306.609000", "075306.609000", "075306.609000", "075306.625000", "075311.609000", "075311.609000", "075311.609000", "075316.609000", "075316.609000", "075316.609000", "075316.625000", "075321.609000", "075321.609000", "075321.609000", "075321.609000", "075326.609000", "075326.609000", "075326.609000", "075326.609000", "075331.609000", "075331.609000", "075331.609000", "075336.609000", "075336.609000", "075336.609000", "075336.625000", "075341.609000", "075341.609000", "075341.609000", "075341.625000", "075346.609000", "075346.609000", "075346.609000", "075351.609000", "075351.609000", "075351.609000", "075351.609000", "075356.609000", "075356.609000", "075356.609000", "075356.609000", "075401.609000", "075401.609000", "075401.609000", "075406.609000", "075406.609000", "075406.609000", "075406.609000", "075411.609000", "075411.609000", "075411.609000", "075411.625000", "075416.609000", "075416.609000", "075416.609000", "075416.609000", "075421.609000", "075421.609000", "075421.625000", "075426.609000", "075426.609000", "075426.609000", "075426.625000", "075431.609000", "075431.609000", "075431.609000", "075431.609000", "075436.609000", "075436.609000", "075436.609000", "075436.625000", "075441.609000", "075441.609000", "075441.609000", "075446.609000", "075446.609000", "075446.609000", "075446.609000", "075451.609000", "075451.625000", "075451.625000", "075451.640000", "075456.609000", "075456.609000", "075456.609000", "075456.609000", "075501.609000", "075501.625000", "075501.625000", "075501.625000", "075506.609000", "075506.609000", "075506.609000", "075506.609000", "075511.609000", "075511.609000", "075511.609000", "075511.625000", "075516.609000", "075516.609000", "075516.609000", "075516.609000", "075521.609000", "075521.609000", "075521.609000", "075521.609000", "075526.609000", "075526.609000", "075526.609000", "075526.609000", "075531.609000", "075531.609000", "075531.609000", "075536.609000", "075536.609000", "075536.609000", "075536.609000", "075541.609000", "075541.609000", "075541.609000", "075541.625000", "075546.609000", "075546.609000", "075546.609000", "075546.609000", "075551.609000", "075551.609000", "075551.609000", "075551.609000", "075601.609000", "075601.609000", "075601.609000", "075601.625000", "075601.625000", "075601.625000", "075601.640000", "075606.609000", "075606.609000", "075606.609000", "075606.609000", "075611.609000", "075611.609000", "075611.609000", "075611.609000", "075612.015000"], "InstanceCreationTime": ["074446.687000", "074451.609000", "074451.609000", "074451.609000", "074451.625000", "074456.609000", "074456.609000", "074456.609000", "074456.609000", "074456.609000", "074501.609000", "074501.609000", "074501.609000", "074506.609000", "074506.609000", "074506.609000", "074506.609000", "074511.609000", "074511.609000", "074511.609000", "074511.609000", "074516.609000", "074516.609000", "074516.609000", "074516.609000", "074521.609000", "074521.609000", "074521.609000", "074526.609000", "074526.609000", "074526.609000", "074526.609000", "074531.609000", "074531.609000", "074531.609000", "074531.609000", "074536.609000", "074536.609000", "074536.609000", "074536.609000", "074541.609000", "074541.609000", "074541.609000", "074546.609000", "074546.609000", "074546.609000", "074546.609000", "074551.609000", "074551.609000", "074551.609000", "074551.609000", "074556.609000", "074556.609000", "074556.609000", "074601.609000", "074601.609000", "074601.609000", "074601.609000", "074606.609000", "074606.609000", "074606.609000", "074606.609000", "074611.609000", "074611.609000", "074611.609000", "074611.609000", "074616.609000", "074616.609000", "074616.609000", "074621.609000", "074621.609000", "074621.609000", "074621.609000", "074626.609000", "074626.609000", "074626.609000", "074631.609000", "074631.609000", "074631.609000", "074631.609000", "074636.609000", "074636.609000", "074636.609000", "074636.609000", "074641.609000", "074641.609000", "074641.609000", "074641.609000", "074646.609000", "074646.609000", "074646.609000", "074651.609000", "074651.609000", "074651.609000", "074651.609000", "074656.609000", "074656.609000", "074656.609000", "074656.609000", "074701.609000", "074701.609000", "074701.609000", "074701.609000", "074706.609000", "074706.609000", "074706.609000", "074711.609000", "074711.609000", "074711.609000", "074711.609000", "074716.609000", "074716.609000", "074716.609000", "074716.609000", "074721.609000", "074721.609000", "074721.609000", "074721.609000", "074726.609000", "074726.609000", "074726.609000", "074726.625000", "074731.609000", "074731.609000", "074731.609000", "074731.625000", "074736.609000", "074736.609000", "074736.609000", "074741.609000", "074741.609000", "074741.609000", "074741.609000", "074746.609000", "074746.609000", "074746.609000", "074746.609000", "074751.609000", "074751.609000", "074751.609000", "074751.609000", "074756.609000", "074756.609000", "074756.609000", "074756.609000", "074801.609000", "074801.609000", "074801.609000", "074801.609000", "074806.609000", "074806.609000", "074806.609000", "074806.609000", "074811.609000", "074811.609000", "074811.609000", "074811.609000", "074816.609000", "074816.609000", "074816.625000", "074816.625000", "074821.609000", "074821.609000", "074821.609000", "074826.609000", "074826.609000", "074826.609000", "074826.609000", "074831.609000", "074831.609000", "074831.609000", "074836.609000", "074836.609000", "074836.609000", "074836.609000", "074841.609000", "074841.609000", "074841.609000", "074841.609000", "074846.609000", "074846.609000", "074846.609000", "074846.609000", "074851.609000", "074851.609000", "074851.609000", "074856.609000", "074856.609000", "074856.609000", "074856.625000", "074901.609000", "074901.609000", "074901.625000", "074906.609000", "074906.625000", "074906.625000", "074906.625000", "074911.609000", "074911.609000", "074911.609000", "074911.609000", "074916.609000", "074916.609000", "074916.609000", "074916.609000", "074921.609000", "074921.609000", "074921.609000", "074926.609000", "074926.609000", "074926.609000", "074926.625000", "074931.609000", "074931.609000", "074931.609000", "074936.609000", "074936.609000", "074936.609000", "074936.609000", "074941.609000", "074941.609000", "074941.609000", "074941.609000", "074946.609000", "074946.609000", "074946.609000", "074946.609000", "074951.609000", "074951.609000", "074951.609000", "074956.609000", "074956.609000", "074956.609000", "074956.625000", "075001.609000", "075001.609000", "075001.609000", "075001.609000", "075006.609000", "075006.609000", "075006.609000", "075011.609000", "075011.609000", "075011.609000", "075011.625000", "075016.609000", "075016.609000", "075016.609000", "075016.609000", "075021.609000", "075021.609000", "075021.609000", "075021.609000", "075026.609000", "075026.609000", "075026.609000", "075026.625000", "075031.609000", "075031.609000", "075031.609000", "075031.609000", "075036.609000", "075036.609000", "075036.609000", "075036.609000", "075041.609000", "075041.609000", "075041.609000", "075046.609000", "075046.609000", "075046.609000", "075046.609000", "075051.609000", "075051.609000", "075051.609000", "075051.609000", "075056.609000", "075056.609000", "075056.609000", "075056.625000", "075101.609000", "075101.609000", "075101.609000", "075101.609000", "075106.609000", "075106.609000", "075106.609000", "075111.609000", "075111.609000", "075111.609000", "075111.609000", "075116.609000", "075116.609000", "075116.609000", "075116.609000", "075121.609000", "075121.609000", "075121.609000", "075121.609000", "075126.609000", "075126.609000", "075126.609000", "075131.609000", "075131.609000", "075131.609000", "075131.625000", "075136.609000", "075136.609000", "075136.609000", "075136.609000", "075141.609000", "075141.609000", "075141.609000", "075141.609000", "075146.609000", "075146.609000", "075146.609000", "075146.609000", "075151.609000", "075151.609000", "075151.609000", "075156.609000", "075156.609000", "075156.609000", "075156.609000", "075201.609000", "075201.609000", "075201.609000", "075201.625000", "075206.609000", "075206.609000", "075206.609000", "075206.609000", "075211.609000", "075211.609000", "075211.609000", "075211.625000", "075216.609000", "075216.609000", "075216.609000", "075221.609000", "075221.609000", "075221.609000", "075221.609000", "075226.609000", "075226.609000", "075226.609000", "075226.609000", "075231.609000", "075231.609000", "075231.609000", "075236.609000", "075236.609000", "075236.609000", "075236.609000", "075241.609000", "075241.609000", "075241.625000", "075241.625000", "075246.609000", "075246.609000", "075246.609000", "075251.609000", "075251.609000", "075251.609000", "075251.609000", "075256.609000", "075256.609000", "075256.609000", "075256.609000", "075301.609000", "075301.609000", "075301.609000", "075306.609000", "075306.609000", "075306.609000", "075306.625000", "075311.609000", "075311.609000", "075311.609000", "075316.609000", "075316.609000", "075316.609000", "075316.625000", "075321.609000", "075321.609000", "075321.609000", "075321.609000", "075326.609000", "075326.609000", "075326.609000", "075326.609000", "075331.609000", "075331.609000", "075331.609000", "075336.609000", "075336.609000", "075336.609000", "075336.625000", "075341.609000", "075341.609000", "075341.609000", "075341.625000", "075346.609000", "075346.609000", "075346.609000", "075351.609000", "075351.609000", "075351.609000", "075351.609000", "075356.609000", "075356.609000", "075356.609000", "075356.609000", "075401.609000", "075401.609000", "075401.609000", "075406.609000", "075406.609000", "075406.609000", "075406.609000", "075411.609000", "075411.609000", "075411.609000", "075411.625000", "075416.609000", "075416.609000", "075416.609000", "075416.609000", "075421.609000", "075421.609000", "075421.625000", "075426.609000", "075426.609000", "075426.609000", "075426.625000", "075431.609000", "075431.609000", "075431.609000", "075431.609000", "075436.609000", "075436.609000", "075436.609000", "075436.625000", "075441.609000", "075441.609000", "075441.609000", "075446.609000", "075446.609000", "075446.609000", "075446.609000", "075451.609000", "075451.625000", "075451.625000", "075451.640000", "075456.609000", "075456.609000", "075456.609000", "075456.609000", "075501.609000", "075501.625000", "075501.625000", "075501.625000", "075506.609000", "075506.609000", "075506.609000", "075506.609000", "075511.609000", "075511.609000", "075511.609000", "075511.625000", "075516.609000", "075516.609000", "075516.609000", "075516.609000", "075521.609000", "075521.609000", "075521.609000", "075521.609000", "075526.609000", "075526.609000", "075526.609000", "075526.609000", "075531.609000", "075531.609000", "075531.609000", "075536.609000", "075536.609000", "075536.609000", "075536.609000", "075541.609000", "075541.609000", "075541.609000", "075541.625000", "075546.609000", "075546.609000", "075546.609000", "075546.609000", "075551.609000", "075551.609000", "075551.609000", "075551.609000", "075601.609000", "075601.609000", "075601.609000", "075601.625000", "075601.625000", "075601.625000", "075601.640000", "075606.609000", "075606.609000", "075606.609000", "075606.609000", "075611.609000", "075611.609000", "075611.609000", "075611.609000", "075612.015000"], "InstanceNumber": [1, 2, 3, 4, 5, 6, 7, 8, 9, 10, 11, 12, 13, 14, 15, 16, 17, 18, 19, 20, 21, 22, 23, 24, 25, 26, 27, 28, 29, 30, 31, 32, 33, 34, 35, 36, 37, 38, 39, 40, 41, 42, 43, 44, 45, 46, 47, 48, 49, 50, 51, 52, 53, 54, 55, 56, 57, 58, 59, 60, 61, 62, 63, 64, 65, 66, 67, 68, 69, 70, 71, 72, 73, 74, 75, 76, 77, 78, 79, 80, 81, 82, 83, 84, 85, 86, 87, 88, 89, 90, 91, 92, 93, 94, 95, 96, 97, 98, 99, 100, 101, 102, 103, 104, 105, 106, 107, 108, 109, 110, 111, 112, 113, 114, 115, 116, 117, 118, 119, 120, 121, 122, 123, 124, 125, 126, 127, 128, 129, 130, 131, 132, 133, 134, 135, 136, 137, 138, 139, 140, 141, 142, 143, 144, 145, 146, 147, 148, 149, 150, 151, 152, 153, 154, 155, 156, 157, 158, 159, 160, 161, 162, 163, 164, 165, 166, 167, 168, 169, 170, 171, 172, 173, 174, 175, 176, 177, 178, 179, 180, 181, 182, 183, 184, 185, 186, 187, 188, 189, 190, 191, 192, 193, 194, 195, 196, 197, 198, 199, 200, 201, 202, 203, 204, 205, 206, 207, 208, 209, 210, 211, 212, 213, 214, 215, 216, 217, 218, 219, 220, 221, 222, 223, 224, 225, 226, 227, 228, 229, 230, 231, 232, 233, 234, 235, 236, 237, 238, 239, 240, 241, 242, 243, 244, 245, 246, 247, 248, 249, 250, 251, 252, 253, 254, 255, 256, 257, 258, 259, 260, 261, 262, 263, 264, 265, 266, 267, 268, 269, 270, 271, 272, 273, 274, 275, 276, 277, 278, 279, 280, 281, 282, 283, 284, 285, 286, 287, 288, 289, 290, 291, 292, 293, 294, 295, 296, 297, 298, 299, 300, 301, 302, 303, 304, 305, 306, 307, 308, 309, 310, 311, 312, 313, 314, 315, 316, 317, 318, 319, 320, 321, 322, 323, 324, 325, 326, 327, 328, 329, 330, 331, 332, 333, 334, 335, 336, 337, 338, 339, 340, 341, 342, 343, 344, 345, 346, 347, 348, 349, 350, 351, 352, 353, 354, 355, 356, 357, 358, 359, 360, 361, 362, 363, 364, 365, 366, 367, 368, 369, 370, 371, 372, 373, 374, 375, 376, 377, 378, 379, 380, 381, 382, 383, 384, 385, 386, 387, 388, 389, 390, 391, 392, 393, 394, 395, 396, 397, 398, 399, 400, 401, 402, 403, 404, 405, 406, 407, 408, 409, 410, 411, 412, 413, 414, 415, 416, 417, 418, 419, 420, 421, 422, 423, 424, 425, 426, 427, 428, 429, 430, 431, 432, 433, 434, 435, 436, 437, 438, 439, 440, 441, 442, 443, 444, 445, 446, 447, 448, 449, 450, 451, 452, 453, 454, 455, 456, 457, 458, 459, 460, 461, 462, 463, 464, 465, 466, 467, 468, 469, 470, 471, 472, 473, 474, 475, 476, 477, 478, 479, 480, 481, 482, 483, 484, 485, 486, 487, 488, 489, 490, 491, 492, 493, 494, 495, 496, 497, 498, 499, 500, 501, 502, 503, 504, 505, 506, 507, 508, 509, 510, 511, 512, 513, 514, 515, 516, 517, 518], "LargestImagePixelValue": [27872, 35964, 34568, 29794, 31634, 31873, 26411, 35866, 35880, 30223, 35588, 29893, 26063, 32025, 35105, 32864, 25826, 33684, 33322, 31086, 29856, 33654, 34261, 29778, 30796, 38108, 27262, 35108, 32355, 25743, 31790, 27021, 36720, 30129, 25867, 33828, 30598, 35816, 35406, 31566, 31546, 31386, 34553, 31597, 25899, 34017, 28554, 33266, 31152, 38030, 32089, 37031, 37192, 32367, 31115, 29897, 34772, 26992, 37701, 30495, 37358, 35318, 30369, 33061, 26036, 35011, 31053, 32951, 33169, 27478, 35732, 33608, 34144, 35039, 32153, 27007, 31236, 26532, 32372, 28767, 33266, 36814, 36581, 29148, 30932, 31291, 33293, 28463, 34434, 32443, 26478, 31398, 38764, 27265, 32637, 25930, 34547, 33439, 36679, 31939, 28912, 35825, 28527, 31585, 32075, 28377, 37488, 29979, 32262, 36599, 29760, 33752, 31489, 31882, 34860, 33109, 32149, 33603, 32718, 27484, 32709, 33941, 34505, 31934, 28578, 32712, 32966, 36282, 27092, 26654, 32403, 32401, 36384, 28576, 37081, 32777, 33763, 29610, 35448, 30904, 25973, 31860, 30715, 37860, 29370, 37165, 34117, 25965, 30807, 28013, 35168, 28732, 37718, 36791, 28247, 31579, 31874, 26127, 33161, 32752, 32637, 36168, 28918, 33858, 32980, 31885, 32300, 25836, 33715, 33773, 32720, 29858, 26825, 30763, 30117, 25977, 33460, 30540, 31978, 26103, 37165, 37098, 26041, 34508, 28626, 32682, 33711, 27305, 34212, 32300, 35945, 35497, 29140, 25924, 32928, 31995, 32983, 30148, 32445, 34105, 26093, 37206, 32968, 33033, 31054, 32428, 28906, 37175, 36078, 34531, 32470, 29902, 33864, 28598, 37331, 35883, 26081, 35053, 28471, 27902, 34025, 32797, 34862, 29205, 34436, 28490, 37839, 30746, 30492, 26994, 33693, 27633, 34311, 30596, 26226, 33242, 32660, 31797, 27286, 36417, 32329, 25962, 37389, 30004, 35715, 25932, 27138, 30988, 35173, 26076, 36488, 33247, 36714, 34369, 25956, 27901, 34405, 26943, 34177, 28849, 27934, 35754, 26071, 35037, 32222, 27925, 25791, 37533, 30429, 37689, 30750, 36685, 35024, 26270, 31880, 29842, 36383, 32213, 26032, 32093, 32675, 32723, 33489, 34428, 26140, 33377, 31678, 34039, 29632, 35793, 34400, 25973, 32672, 29726, 34519, 30524, 35843, 27621, 35460, 29903, 35056, 30327, 30418, 32798, 29965, 28263, 31646, 34395, 32059, 26303, 30804, 26472, 28757, 34594, 32618, 33778, 26723, 33719, 26709, 32931, 35050, 33140, 37632, 29795, 34714, 30376, 25865, 30072, 25862, 35615, 28897, 33163, 30760, 35019, 32008, 33252, 30398, 32303, 25941, 35894, 25767, 34165, 26772, 33275, 30411, 33680, 26900, 36514, 31651, 30757, 32516, 32204, 30186, 31601, 32039, 34544, 27650, 35036, 30965, 35422, 27047, 26357, 33992, 30370, 25807, 33621, 36474, 28186, 25888, 33945, 25798, 32728, 28899, 33475, 36243, 29959, 36450, 30687, 34615, 32190, 30397, 34037, 25902, 36587, 30418, 25865, 30910, 36564, 32058, 37385, 32125, 34013, 34737, 31421, 33878, 32669, 25949, 33453, 36988, 31368, 31783, 34283, 31416, 34775, 25974, 33692, 29908, 32043, 28254, 35043, 27035, 32143, 26000, 33944, 28599, 32801, 25831, 33133, 27086, 34660, 29044, 36692, 33144, 31660, 33048, 32798, 30670, 35085, 25966, 36738, 28957, 25908, 32724, 27228, 25738, 26804, 32633, 26513, 31613, 32139, 33831, 31334, 32992, 34278, 34266, 36164, 30090, 25592, 34734, 32621, 25824, 25608, 27844, 31973, 25919, 31913, 33135, 31415, 29496, 32305, 27833, 34773, 29835, 29233, 32318, 35080, 36650, 30383, 33685, 36043, 30982, 35811, 31883, 30665, 33092, 29668, 25928, 25765, 33296, 27344, 27221, 35435, 32158, 32659, 36785, 31977, 25868, 29712, 35188, 25760, 28018, 25749, 33984, 27492, 33463, 30009, 35357, 31748, 33318, 35609, 32085, 34997, 33544, 35556, 29057, 35898, 32296, 32328, 35452, 31171, 25657, 32187, 25939, 34598, 30792, 33828, 31869, 32831], "WindowCenter": [10178.0, 10210.0, 10192.0, 10193.0, 10189.0, 10169.0, 10146.0, 10187.0, 10157.0, 10157.0, 10176.0, 10174.0, 10149.0, 10161.0, 10178.0, 10176.0, 10143.0, 10173.0, 10177.0, 10158.0, 10155.0, 10167.0, 10181.0, 10146.0, 10156.0, 10169.0, 10128.0, 10168.0, 10167.0, 10137.0, 10167.0, 10134.0, 10167.0, 10145.0, 10125.0, 10174.0, 10165.0, 10179.0, 10179.0, 10160.0, 10158.0, 10155.0, 10184.0, 10165.0, 10145.0, 10189.0, 10162.0, 10174.0, 10153.0, 10194.0, 10164.0, 10193.0, 10183.0, 10172.0, 10167.0, 10148.0, 10177.0, 10161.0, 10178.0, 10167.0, 10187.0, 10145.0, 10144.0, 10142.0, 10128.0, 10180.0, 10172.0, 10177.0, 10161.0, 10148.0, 10175.0, 10169.0, 10167.0, 10158.0, 10155.0, 10143.0, 10162.0, 10158.0, 10174.0, 10155.0, 10165.0, 10180.0, 10159.0, 10141.0, 10151.0, 10151.0, 10153.0, 10151.0, 10172.0, 10150.0, 10126.0, 10144.0, 10152.0, 10122.0, 10141.0, 10127.0, 10158.0, 10138.0, 10176.0, 10149.0, 10147.0, 10163.0, 10141.0, 10152.0, 10159.0, 10146.0, 10183.0, 10145.0, 10156.0, 10170.0, 10161.0, 10169.0, 10175.0, 10162.0, 10175.0, 10168.0, 10157.0, 10166.0, 10158.0, 10140.0, 10164.0, 10176.0, 10170.0, 10150.0, 10141.0, 10151.0, 10164.0, 10160.0, 10130.0, 10130.0, 10146.0, 10153.0, 10170.0, 10123.0, 10155.0, 10139.0, 10155.0, 10128.0, 10157.0, 10159.0, 10139.0, 10146.0, 10152.0, 10172.0, 10136.0, 10158.0, 10157.0, 10130.0, 10156.0, 10149.0, 10171.0, 10154.0, 10198.0, 10184.0, 10156.0, 10169.0, 10161.0, 10139.0, 10173.0, 10161.0, 10158.0, 10167.0, 10141.0, 10149.0, 10140.0, 10166.0, 10142.0, 10116.0, 10152.0, 10139.0, 10136.0, 10128.0, 10135.0, 10154.0, 10147.0, 10127.0, 10168.0, 10149.0, 10153.0, 10119.0, 10170.0, 10166.0, 10135.0, 10155.0, 10146.0, 10148.0, 10138.0, 10133.0, 10170.0, 10148.0, 10151.0, 10153.0, 10114.0, 10120.0, 10124.0, 10125.0, 10158.0, 10140.0, 10149.0, 10162.0, 10120.0, 10174.0, 10151.0, 10160.0, 10141.0, 10150.0, 10131.0, 10160.0, 10163.0, 10147.0, 10137.0, 10142.0, 10156.0, 10114.0, 10160.0, 10178.0, 10131.0, 10158.0, 10134.0, 10138.0, 10162.0, 10145.0, 10144.0, 10137.0, 10147.0, 10127.0, 10156.0, 10138.0, 10133.0, 10126.0, 10159.0, 10118.0, 10151.0, 10136.0, 10125.0, 10145.0, 10140.0, 10138.0, 10101.0, 10159.0, 10157.0, 10132.0, 10170.0, 10124.0, 10168.0, 10128.0, 10143.0, 10157.0, 10171.0, 10127.0, 10160.0, 10157.0, 10145.0, 10152.0, 10124.0, 10139.0, 10146.0, 10128.0, 10137.0, 10132.0, 10132.0, 10168.0, 10100.0, 10159.0, 10152.0, 10147.0, 10131.0, 10180.0, 10154.0, 10173.0, 10155.0, 10160.0, 10151.0, 10141.0, 10168.0, 10128.0, 10173.0, 10156.0, 10098.0, 10138.0, 10159.0, 10163.0, 10147.0, 10169.0, 10128.0, 10152.0, 10134.0, 10154.0, 10135.0, 10140.0, 10177.0, 10139.0, 10155.0, 10144.0, 10165.0, 10138.0, 10155.0, 10132.0, 10160.0, 10122.0, 10153.0, 10122.0, 10140.0, 10140.0, 10132.0, 10113.0, 10129.0, 10153.0, 10143.0, 10110.0, 10141.0, 10132.0, 10139.0, 10145.0, 10152.0, 10138.0, 10120.0, 10143.0, 10128.0, 10147.0, 10147.0, 10139.0, 10153.0, 10120.0, 10159.0, 10132.0, 10126.0, 10156.0, 10143.0, 10183.0, 10141.0, 10172.0, 10141.0, 10150.0, 10141.0, 10151.0, 10121.0, 10132.0, 10111.0, 10141.0, 10108.0, 10154.0, 10123.0, 10124.0, 10133.0, 10156.0, 10141.0, 10182.0, 10152.0, 10150.0, 10150.0, 10134.0, 10128.0, 10127.0, 10129.0, 10148.0, 10117.0, 10145.0, 10131.0, 10143.0, 10121.0, 10104.0, 10142.0, 10129.0, 10119.0, 10137.0, 10157.0, 10118.0, 10110.0, 10148.0, 10119.0, 10148.0, 10144.0, 10141.0, 10143.0, 10136.0, 10151.0, 10130.0, 10143.0, 10131.0, 10134.0, 10141.0, 10103.0, 10159.0, 10139.0, 10128.0, 10150.0, 10170.0, 10142.0, 10170.0, 10149.0, 10159.0, 10162.0, 10142.0, 10165.0, 10160.0, 10128.0, 10160.0, 10159.0, 10145.0, 10152.0, 10137.0, 10135.0, 10134.0, 10099.0, 10141.0, 10112.0, 10125.0, 10105.0, 10139.0, 10082.0, 10135.0, 10113.0, 10156.0, 10134.0, 10137.0, 10114.0, 10161.0, 10131.0, 10175.0, 10154.0, 10163.0, 10151.0, 10144.0, 10150.0, 10152.0, 10126.0, 10133.0, 10074.0, 10162.0, 10114.0, 10090.0, 10120.0, 10107.0, 10111.0, 10132.0, 10153.0, 10138.0, 10153.0, 10126.0, 10148.0, 10134.0, 10116.0, 10132.0, 10120.0, 10129.0, 10123.0, 10087.0, 10120.0, 10121.0, 10085.0, 10109.0, 10141.0, 10165.0, 10144.0, 10150.0, 10169.0, 10143.0, 10145.0, 10167.0, 10127.0, 10164.0, 10137.0, 10153.0, 10148.0, 10134.0, 10140.0, 10112.0, 10128.0, 10134.0, 10115.0, 10120.0, 10117.0, 10116.0, 10133.0, 10109.0, 10091.0, 10101.0, 10148.0, 10124.0, 10139.0, 10157.0, 10147.0, 10144.0, 10153.0, 10130.0, 10125.0, 10118.0, 10139.0, 10110.0, 10132.0, 10139.0, 10167.0, 10143.0, 10161.0, 10132.0, 10151.0, 10130.0, 10139.0, 10120.0, 10110.0, 10124.0, 10121.0, 10124.0, 10089.0, 10141.0, 10112.0, 10118.0, 10100.0, 10120.0, 10101.0, 10150.0, 10130.0, 10145.0, 10130.0, 10124.0, 10135.0, 10148.0], "WindowWidth": [21601.0, 21664.0, 21620.0, 21618.0, 21608.0, 21572.0, 21524.0, 21608.0, 21556.0, 21547.0, 21583.0, 21581.0, 21529.0, 21556.0, 21594.0, 21583.0, 21521.0, 21581.0, 21581.0, 21544.0, 21539.0, 21561.0, 21588.0, 21523.0, 21538.0, 21562.0, 21479.0, 21561.0, 21562.0, 21503.0, 21559.0, 21497.0, 21556.0, 21517.0, 21482.0, 21575.0, 21562.0, 21589.0, 21582.0, 21539.0, 21540.0, 21535.0, 21596.0, 21558.0, 21521.0, 21609.0, 21561.0, 21579.0, 21540.0, 21621.0, 21564.0, 21609.0, 21591.0, 21570.0, 21563.0, 21527.0, 21585.0, 21552.0, 21586.0, 21562.0, 21597.0, 21516.0, 21510.0, 21512.0, 21494.0, 21591.0, 21571.0, 21585.0, 21552.0, 21524.0, 21575.0, 21566.0, 21559.0, 21542.0, 21533.0, 21509.0, 21548.0, 21543.0, 21580.0, 21541.0, 21560.0, 21584.0, 21542.0, 21501.0, 21520.0, 21523.0, 21534.0, 21523.0, 21564.0, 21519.0, 21472.0, 21502.0, 21522.0, 21463.0, 21507.0, 21483.0, 21546.0, 21505.0, 21571.0, 21517.0, 21513.0, 21546.0, 21504.0, 21530.0, 21548.0, 21520.0, 21586.0, 21515.0, 21533.0, 21559.0, 21541.0, 21561.0, 21575.0, 21548.0, 21570.0, 21556.0, 21536.0, 21550.0, 21540.0, 21508.0, 21552.0, 21577.0, 21563.0, 21522.0, 21499.0, 21521.0, 21550.0, 21543.0, 21481.0, 21484.0, 21514.0, 21522.0, 21556.0, 21469.0, 21527.0, 21499.0, 21528.0, 21477.0, 21531.0, 21535.0, 21497.0, 21517.0, 21525.0, 21561.0, 21494.0, 21534.0, 21527.0, 21480.0, 21538.0, 21522.0, 21569.0, 21541.0, 21620.0, 21596.0, 21542.0, 21564.0, 21548.0, 21506.0, 21573.0, 21548.0, 21538.0, 21553.0, 21502.0, 21515.0, 21502.0, 21553.0, 21507.0, 21456.0, 21524.0, 21496.0, 21488.0, 21471.0, 21486.0, 21530.0, 21512.0, 21474.0, 21554.0, 21515.0, 21523.0, 21461.0, 21556.0, 21551.0, 21492.0, 21531.0, 21509.0, 21518.0, 21501.0, 21487.0, 21555.0, 21517.0, 21518.0, 21526.0, 21447.0, 21459.0, 21474.0, 21472.0, 21529.0, 21493.0, 21520.0, 21544.0, 21463.0, 21569.0, 21521.0, 21532.0, 21497.0, 21517.0, 21481.0, 21537.0, 21542.0, 21509.0, 21491.0, 21498.0, 21532.0, 21459.0, 21540.0, 21571.0, 21483.0, 21537.0, 21491.0, 21500.0, 21547.0, 21508.0, 21510.0, 21493.0, 21511.0, 21470.0, 21532.0, 21493.0, 21485.0, 21472.0, 21534.0, 21454.0, 21519.0, 21489.0, 21466.0, 21510.0, 21491.0, 21488.0, 21422.0, 21539.0, 21530.0, 21483.0, 21557.0, 21467.0, 21550.0, 21474.0, 21509.0, 21531.0, 21557.0, 21475.0, 21538.0, 21529.0, 21511.0, 21519.0, 21463.0, 21497.0, 21512.0, 21471.0, 21494.0, 21487.0, 21481.0, 21547.0, 21425.0, 21535.0, 21523.0, 21514.0, 21480.0, 21578.0, 21530.0, 21566.0, 21530.0, 21537.0, 21525.0, 21502.0, 21555.0, 21480.0, 21567.0, 21527.0, 21423.0, 21502.0, 21534.0, 21542.0, 21511.0, 21550.0, 21473.0, 21520.0, 21485.0, 21522.0, 21492.0, 21501.0, 21570.0, 21499.0, 21531.0, 21506.0, 21547.0, 21494.0, 21522.0, 21475.0, 21532.0, 21460.0, 21516.0, 21460.0, 21491.0, 21496.0, 21475.0, 21436.0, 21470.0, 21513.0, 21494.0, 21434.0, 21496.0, 21486.0, 21492.0, 21506.0, 21515.0, 21489.0, 21452.0, 21499.0, 21472.0, 21514.0, 21509.0, 21490.0, 21523.0, 21456.0, 21533.0, 21485.0, 21468.0, 21532.0, 21512.0, 21587.0, 21502.0, 21563.0, 21502.0, 21511.0, 21491.0, 21511.0, 21449.0, 21470.0, 21435.0, 21492.0, 21430.0, 21521.0, 21459.0, 21466.0, 21480.0, 21527.0, 21508.0, 21582.0, 21520.0, 21512.0, 21510.0, 21479.0, 21464.0, 21473.0, 21470.0, 21501.0, 21445.0, 21501.0, 21472.0, 21496.0, 21454.0, 21423.0, 21499.0, 21469.0, 21445.0, 21485.0, 21519.0, 21448.0, 21435.0, 21506.0, 21452.0, 21511.0, 21498.0, 21491.0, 21492.0, 21477.0, 21515.0, 21468.0, 21495.0, 21470.0, 21479.0, 21490.0, 21418.0, 21533.0, 21492.0, 21469.0, 21516.0, 21556.0, 21501.0, 21559.0, 21513.0, 21531.0, 21542.0, 21504.0, 21552.0, 21535.0, 21472.0, 21538.0, 21533.0, 21502.0, 21514.0, 21490.0, 21476.0, 21472.0, 21406.0, 21483.0, 21427.0, 21453.0, 21418.0, 21480.0, 21376.0, 21478.0, 21441.0, 21523.0, 21488.0, 21490.0, 21442.0, 21537.0, 21482.0, 21565.0, 21523.0, 21542.0, 21516.0, 21501.0, 21510.0, 21510.0, 21460.0, 21470.0, 21361.0, 21530.0, 21431.0, 21383.0, 21444.0, 21420.0, 21439.0, 21481.0, 21522.0, 21491.0, 21516.0, 21462.0, 21502.0, 21473.0, 21445.0, 21471.0, 21444.0, 21459.0, 21445.0, 21377.0, 21441.0, 21448.0, 21382.0, 21425.0, 21495.0, 21547.0, 21506.0, 21514.0, 21553.0, 21500.0, 21503.0, 21550.0, 21478.0, 21547.0, 21485.0, 21511.0, 21501.0, 21475.0, 21484.0, 21429.0, 21459.0, 21474.0, 21433.0, 21439.0, 21434.0, 21432.0, 21467.0, 21422.0, 21396.0, 21410.0, 21503.0, 21462.0, 21490.0, 21527.0, 21504.0, 21499.0, 21514.0, 21467.0, 21456.0, 21447.0, 21489.0, 21435.0, 21478.0, 21494.0, 21555.0, 21505.0, 21544.0, 21479.0, 21510.0, 21467.0, 21481.0, 21443.0, 21425.0, 21453.0, 21446.0, 21446.0, 21381.0, 21483.0, 21426.0, 21441.0, 21408.0, 21443.0, 21415.0, 21513.0, 21474.0, 21508.0, 21473.0, 21458.0, 21474.0, 21496.0]}, "slices": {}}}