{"AcquisitionMatrixPE": 96, "AcquisitionNumber": 1, "AcquisitionTime": "17:12:39.225000", "BandwidthPerPixelPhaseEncode": 33.602, "BaseResolution": 96, "BodyPartExamined": "BRAIN", "ConsistencyInfo": "N4_VD11D_LATEST_20110129", "ConversionSoftware": "dcm2niix", "ConversionSoftwareVersion": "v1.0.20210317", "DerivedVendorReportedEchoSpacing": 0.000620003, "DeviceSerialNumber": "45239", "DwellTime": 2.6e-06, "EchoTime": 0.036, "EchoTrainLength": 48, "EffectiveEchoSpacing": 0.000310001, "FlipAngle": 90, "ImageOrientationPatientDICOM": [0.999524, -0.0273859, 0.0141955, 0.0308464, 0.887393, -0.459981], "ImageType": ["ORIGINAL", "PRIMARY", "M", "ND", "NORM", "MOSAIC"], "ImagingFrequency": 123.193, "InPlanePhaseEncodingDirectionDICOM": "COL", "InstitutionAddress": "E 24th St. 100,Austin,Southmiddle,US,78712", "InstitutionName": "Univ of Texas at Austin", "InstitutionalDepartmentName": "IRC", "MRAcquisitionType": "2D", "MagneticFieldStrength": 3, "Manufacturer": "Siemens", "ManufacturersModelName": "Skyra", "Modality": "MR", "ParallelReductionFactorInPlane": 2, "PartialFourier": 1, "PatientPosition": "HFS", "PercentPhaseFOV": 100, "PercentSampling": 100, "PhaseEncodingDirection": "j-", "PhaseEncodingSteps": 96, "PhaseResolution": 1, "PixelBandwidth": 2005, "ProcedureStepDescription": "Poldrack2^self-scanning", "ProtocolName": "MB-SE_FieldMap_A-P", "PulseSequenceDetails": "%CustomerSeq%\\cmrr_mbep2d_se", "ReceiveCoilActiveElements": "HEA;HEP", "ReceiveCoilName": "Head_32", "ReconMatrixPE": 96, "RefLinesPE": 48, "RepetitionTime": 4.55, "SAR": 0.37329, "ScanOptions": "FS", "ScanningSequence": "EP", "SequenceName": "epse2d1_96", "SequenceVariant": "SK", "SeriesDescription": "MB-SE_FieldMap_A-P", "SeriesNumber": 6, "ShimSetting": [-2763, 8062, -15441, 169, -151, 115, 152, -80], "SliceThickness": 2, "SliceTiming": [2.275, 0, 2.34, 0.065, 2.4075, 0.1325, 2.475, 0.2, 2.5425, 0.2675, 2.6075, 0.335, 2.675, 0.4, 2.7425, 0.4675, 2.81, 0.535, 2.875, 0.6025, 2.9425, 0.6675, 3.01, 0.735, 3.0775, 0.8025, 3.1425, 0.87, 3.21, 0.935, 3.2775, 1.0025, 3.345, 1.07, 3.41, 1.1375, 3.4775, 1.2025, 3.545, 1.27, 3.6125, 1.3375, 3.68, 1.405, 3.745, 1.47, 3.8125, 1.5375, 3.88, 1.605, 3.9475, 1.6725, 4.0125, 1.7375, 4.08, 1.805, 4.1475, 1.8725, 4.215, 1.94, 4.28, 2.0075, 4.3475, 2.0725, 4.415, 2.14, 4.4825, 2.2075], "SoftwareVersions": "syngo MR D11", "SpacingBetweenSlices": 2.4, "StationName": "AWP45239", "TotalReadoutTime": 0.0294501, "TxRefAmp": 345.849, "WipMemBlock": "b82fa64c-e724-4e46-babb-b189b2836782||Sequence: VD11D r196; Dec  8 2012 22:11:06 by IDEA", "dcmmeta_affine": [[-2.39469313621521, 0.07390272617340088, 7.384470279703237e-08, 116.46179962158203], [0.06561194360256195, 2.1260454654693604, -1.1044795513153076, -80.66514587402344], [0.034010086208581924, 1.1020373106002808, 2.1307568550109863, -82.99324035644531], [0.0, 0.0, 0.0, 1.0]], "dcmmeta_reorient_transform": [[0.0, -1.0, 0.0, 95.0], [1.0, 0.0, 0.0, 0.0], [0.0, 0.0, 1.0, 0.0], [0.0, 0.0, 0.0, 1.0]], "dcmmeta_shape": [96, 96, 68, 5], "dcmmeta_slice_dim": 2, "dcmmeta_version": 0.6, "global": {"const": {"AcquisitionMatrix": [96, 0, 0, 96], "AngioFlag": "N", "BitsAllocated": 16, "BitsStored": 16, "BodyPartExamined": "BRAIN", "Columns": 864, "EchoNumbers": 1, "EchoTime": 36.0, "EchoTrainLength": 48, "FlipAngle": 90.0, "HighBit": 15, "ImageOrientationPatient": [0.99952413789067, -0.0273858565282, 0.01419551464801, 0.03084635754675, 0.88739290384434, -0.4599808000697], "ImagePositionPatient": [-1071.4233852122, -912.51562778853, 431.82275075791], "ImageType": ["ORIGINAL", "PRIMARY", "M", "ND", "NORM", "MOSAIC"], "ImagedNucleus": "1H", "ImagingFrequency": 123.193386, "InPlanePhaseEncodingDirection": "COL", "MRAcquisitionType": "2D", "MagneticFieldStrength": 3.0, "Manufacturer": "SIEMENS", "ManufacturerModelName": "Skyra", "Modality": "MR", "NumberOfAverages": 1.0, "NumberOfPhaseEncodingSteps": 96, "PercentPhaseFieldOfView": 100.0, "PercentSampling": 100.0, "PerformedProcedureStepStartTime": "165957.890000", "PhotometricInterpretation": "MONOCHROME2", "PixelBandwidth": 2005.0, "PixelRepresentation": 0, "PixelSpacing": [2.3958332538605, 2.3958332538605], "ProtocolName": "MB-SE_FieldMap_A-P", "RepetitionTime": 4550.0, "Rows": 864, "SAR": 0.37329036026485, "SamplesPerPixel": 1, "ScanOptions": "FS", "ScanningSequence": "EP", "SequenceName": "epse2d1_96", "SequenceVariant": "SK", "SeriesDescription": "MB-SE_FieldMap_A-P", "SeriesNumber": 6, "SeriesTime": "171300.671000", "SliceLocation": -36.560589611448, "SliceThickness": 2.0, "SmallestImagePixelValue": 0, "SoftwareVersions": "syngo MR D11", "SpacingBetweenSlices": 2.3999999987046, "SpecificCharacterSet": "ISO_IR 100", "StudyID": "1", "StudyTime": "165957.859000", "TransmitCoilName": "Body", "VariableFlipAngleFlag": "N", "WindowCenterWidthExplanation": "Algo1", "dBdt": 0.0}, "slices": {}}, "time": {"samples": {"AcquisitionNumber": [1, 2, 3, 4, 5], "AcquisitionTime": ["171239.225000", "171243.775000", "171248.325000", "171252.875000", "171257.425000"], "ContentTime": ["171300.671000", "171300.687000", "171300.687000", "171300.687000", "171300.687000"], "InstanceCreationTime": ["171300.671000", "171300.687000", "171300.687000", "171300.687000", "171300.687000"], "InstanceNumber": [1, 2, 3, 4, 5], "LargestImagePixelValue": [45050, 44532, 45161, 45553, 43795], "WindowCenter": [7236.0, 7240.0, 7249.0, 7251.0, 7241.0], "WindowWidth": [15399.0, 15422.0, 15438.0, 15439.0, 15424.0]}, "slices": {}}}