{"AcquisitionMatrixPE": 256, "AcquisitionNumber": 1, "AcquisitionTime": "17:06:18.430000", "BaseResolution": 256, "BodyPartExamined": "BRAIN", "ConsistencyInfo": "N4_VD11D_LATEST_20110129", "ConversionSoftware": "dcm2niix", "ConversionSoftwareVersion": "v1.0.20210317", "DeviceSerialNumber": "45239", "DwellTime": 7.3e-06, "EchoTime": 0.00195, "FlipAngle": 8, "ImageOrientationPatientDICOM": [-0.000744599, 0.999702, -0.024409, 0.0451961, -0.0243505, -0.998681], "ImageType": ["ORIGINAL", "PRIMARY", "M", "ND", "NORM"], "ImagingFrequency": 123.193, "InPlanePhaseEncodingDirectionDICOM": "ROW", "InstitutionAddress": "E 24th St. 100,Austin,Southmiddle,US,78712", "InstitutionName": "Univ of Texas at Austin", "InstitutionalDepartmentName": "IRC", "InversionTime": 1, "MRAcquisitionType": "3D", "MagneticFieldStrength": 3, "Manufacturer": "Siemens", "ManufacturersModelName": "Skyra", "Modality": "MR", "ParallelReductionFactorInPlane": 2, "PartialFourier": 1, "PatientPosition": "HFS", "PercentPhaseFOV": 100, "PercentSampling": 100, "PhaseEncodingSteps": 282, "PhaseOversampling": 0.1, "PhaseResolution": 1, "PixelBandwidth": 270, "ProcedureStepDescription": "Poldrack2^self-scanning", "ProtocolName": "T1w_MPR1_PMC", "PulseSequenceDetails": "%SiemensSeq%\\tfl", "ReceiveCoilActiveElements": "HEA;HEP", "ReceiveCoilName": "Head_32", "ReconMatrixPE": 256, "RefLinesPE": 32, "RepetitionTime": 2.4, "SAR": 0.0594906, "ScanOptions": "IR\\WE", "ScanningSequence": "GR\\IR", "SequenceName": "*tfl3d1_16ns", "SequenceVariant": "SK\\SP\\MP\\OSP", "SeriesDescription": "T1w_MPR1_PMC", "SeriesNumber": 14, "ShimSetting": [-2788, 8035, -15535, 52, -230, -105, 125, -91], "SliceThickness": 0.8, "SoftwareVersions": "syngo MR D11", "StationName": "AWP45239", "TxRefAmp": 333.367, "dcmmeta_affine": [[0.7991822957992554, -0.0005962605937384069, 0.03619222342967987, -106.02915954589844], [0.0014774492010474205, 0.800542414188385, -0.01949939876794815, -111.8084945678711], [-0.03613162785768509, 0.019546307623386383, 0.7997252941131592, -76.63684844970703], [0.0, 0.0, 0.0, 1.0]], "dcmmeta_reorient_transform": [[0.0, 0.0, -1.0, 255.0], [0.0, -1.0, 0.0, 255.0], [-1.0, 0.0, 0.0, 255.0], [0.0, 0.0, 0.0, 1.0]], "dcmmeta_shape": [256, 256, 256], "dcmmeta_slice_dim": 0, "dcmmeta_version": 0.6, "global": {"const": {"AcquisitionMatrix": [0, 256, 256, 0], "AcquisitionNumber": 1, "AcquisitionTime": "170618.430000", "AngioFlag": "N", "BitsAllocated": 16, "BitsStored": 12, "BodyPartExamined": "BRAIN", "Columns": 256, "EchoNumbers": 1, "EchoTime": 1.95, "EchoTrainLength": 1, "FlipAngle": 8.0, "HighBit": 11, "ImageOrientationPatient": [-0.0007445986181, 0.99970177750457, -0.0244090480583, 0.04519614192742, -0.0243504690181, -0.998681312238], "ImageType": ["ORIGINAL", "PRIMARY", "M", "ND", "NORM"], "ImagedNucleus": "1H", "ImagingFrequency": 123.193446, "InPlanePhaseEncodingDirection": "ROW", "InversionTime": 1000.0, "MRAcquisitionType": "3D", "MagneticFieldStrength": 3.0, "Manufacturer": "SIEMENS", "ManufacturerModelName": "Skyra", "Modality": "MR", "NumberOfAverages": 1.0, "NumberOfPhaseEncodingSteps": 282, "PercentPhaseFieldOfView": 100.0, "PercentSampling": 100.0, "PerformedProcedureStepStartTime": "162616.109000", "PhotometricInterpretation": "MONOCHROME2", "PixelBandwidth": 270.0, "PixelRepresentation": 0, "PixelSpacing": [0.80078125, 0.80078125], "ProtocolName": "T1w_MPR1_PMC", "RepetitionTime": 2400.0, "Rows": 256, "SAR": 0.05949059283838, "SamplesPerPixel": 1, "ScanOptions": ["IR", "WE"], "ScanningSequence": ["GR", "IR"], "SequenceName": "*tfl3d1_16ns", "SequenceVariant": ["SK", "SP", "MP", "OSP"], "SeriesDescription": "T1w_MPR1_PMC", "SeriesNumber": 14, "SeriesTime": "171245.156000", "SliceThickness": 0.80000001192093, "SmallestImagePixelValue": 0, "SoftwareVersions": "syngo MR D11", "SpecificCharacterSet": "ISO_IR 100", "StudyID": "1", "StudyTime": "162616.078000", "TransmitCoilName": "Body", "VariableFlipAngleFlag": "N", "WindowCenterWidthExplanation": "Algo1", "dBdt": 0.0}, "slices": {"ContentTime": ["171246.984000", "171246.953000", "171246.953000", "171246.953000", "171246.953000", "171246.953000", "171246.937000", "171246.937000", "171246.937000", "171246.921000", "171246.921000", "171246.921000", "171246.921000", "171246.921000", "171246.921000", "171246.921000", "171246.921000", "171246.921000", "171246.906000", "171246.906000", "171246.890000", "171246.875000", "171246.875000", "171246.875000", "171246.875000", "171246.875000", "171246.875000", "171246.875000", "171246.875000", "171246.859000", "171246.859000", "171246.859000", "171246.859000", "171246.859000", "171246.859000", "171246.843000", "171246.843000", "171246.843000", "171246.843000", "171246.843000", "171246.843000", "171246.843000", "171246.843000", "171246.828000", "171246.828000", "171246.828000", "171246.828000", "171246.828000", "171246.828000", "171246.828000", "171246.828000", "171246.828000", "171246.812000", "171246.812000", "171246.812000", "171246.812000", "171245.609000", "171245.609000", "171245.609000", "171245.609000", "171245.609000", "171245.609000", "171245.593000", "171245.593000", "171245.593000", "171245.593000", "171245.593000", "171245.578000", "171245.578000", "171245.578000", "171245.578000", "171245.578000", "171245.578000", "171245.562000", "171245.562000", "171245.562000", "171245.562000", "171245.562000", "171245.562000", "171245.546000", "171245.546000", "171245.546000", "171245.546000", "171245.546000", "171245.546000", "171245.546000", "171245.546000", "171245.531000", "171245.531000", "171245.531000", "171245.531000", "171245.531000", "171245.531000", "171245.531000", "171245.515000", "171245.515000", "171245.515000", "171245.515000", "171245.515000", "171245.515000", "171245.515000", "171245.515000", "171245.515000", "171245.500000", "171245.500000", "171245.500000", "171245.500000", "171245.500000", "171245.500000", "171245.500000", "171245.500000", "171245.484000", "171245.484000", "171245.484000", "171245.484000", "171245.484000", "171245.484000", "171245.468000", "171245.468000", "171245.468000", "171245.468000", "171245.468000", "171245.468000", "171245.468000", "171245.468000", "171245.453000", "171245.453000", "171245.453000", "171245.453000", "171245.453000", "171245.453000", "171245.453000", "171245.453000", "171245.437000", "171245.437000", "171245.437000", "171245.437000", "171245.437000", "171245.437000", "171245.437000", "171245.437000", "171245.437000", "171245.421000", "171245.421000", "171245.421000", "171245.421000", "171245.406000", "171245.406000", "171245.390000", "171245.390000", "171245.390000", "171245.390000", "171245.390000", "171245.375000", "171245.359000", "171245.359000", "171245.359000", "171245.359000", "171245.359000", "171245.359000", "171245.343000", "171245.343000", "171245.343000", "171245.343000", "171245.343000", "171245.343000", "171245.343000", "171245.343000", "171245.328000", "171245.328000", "171245.328000", "171245.328000", "171245.328000", "171245.328000", "171245.328000", "171245.328000", "171245.328000", "171245.312000", "171245.312000", "171245.312000", "171245.312000", "171245.312000", "171245.312000", "171245.312000", "171245.312000", "171245.312000", "171245.296000", "171245.296000", "171245.296000", "171245.296000", "171245.296000", "171245.296000", "171245.296000", "171245.281000", "171245.281000", "171245.281000", "171245.281000", "171245.281000", "171245.281000", "171245.281000", "171245.265000", "171245.265000", "171245.265000", "171245.265000", "171245.265000", "171245.265000", "171245.265000", "171245.250000", "171245.250000", "171245.250000", "171245.250000", "171245.250000", "171245.250000", "171245.250000", "171245.250000", "171245.234000", "171245.234000", "171245.234000", "171245.234000", "171245.234000", "171245.234000", "171245.218000", "171245.218000", "171245.218000", "171245.218000", "171245.218000", "171245.218000", "171245.218000", "171245.218000", "171245.203000", "171245.203000", "171245.203000", "171245.203000", "171245.203000", "171245.203000", "171245.203000", "171245.203000", "171245.187000", "171245.187000", "171245.187000", "171245.187000", "171245.187000", "171245.187000", "171245.187000", "171245.187000", "171245.187000", "171245.171000", "171245.171000", "171245.171000", "171245.171000", "171245.171000", "171245.171000", "171245.171000", "171245.171000", "171245.156000", "171245.156000"], "CsaImage.Actual3DImaPartNumber": [255, 254, 253, 252, 251, 250, 249, 248, 247, 246, 245, 244, 243, 242, 241, 240, 239, 238, 237, 236, 235, 234, 233, 232, 231, 230, 229, 228, 227, 226, 225, 224, 223, 222, 221, 220, 219, 218, 217, 216, 215, 214, 213, 212, 211, 210, 209, 208, 207, 206, 205, 204, 203, 202, 201, 200, 199, 198, 197, 196, 195, 194, 193, 192, 191, 190, 189, 188, 187, 186, 185, 184, 183, 182, 181, 180, 179, 178, 177, 176, 175, 174, 173, 172, 171, 170, 169, 168, 167, 166, 165, 164, 163, 162, 161, 160, 159, 158, 157, 156, 155, 154, 153, 152, 151, 150, 149, 148, 147, 146, 145, 144, 143, 142, 141, 140, 139, 138, 137, 136, 135, 134, 133, 132, 131, 130, 129, 128, 127, 126, 125, 124, 123, 122, 121, 120, 119, 118, 117, 116, 115, 114, 113, 112, 111, 110, 109, 108, 107, 106, 105, 104, 103, 102, 101, 100, 99, 98, 97, 96, 95, 94, 93, 92, 91, 90, 89, 88, 87, 86, 85, 84, 83, 82, 81, 80, 79, 78, 77, 76, 75, 74, 73, 72, 71, 70, 69, 68, 67, 66, 65, 64, 63, 62, 61, 60, 59, 58, 57, 56, 55, 54, 53, 52, 51, 50, 49, 48, 47, 46, 45, 44, 43, 42, 41, 40, 39, 38, 37, 36, 35, 34, 33, 32, 31, 30, 29, 28, 27, 26, 25, 24, 23, 22, 21, 20, 19, 18, 17, 16, 15, 14, 13, 12, 11, 10, 9, 8, 7, 6, 5, 4, 3, 2, 1, 0], "CsaImage.ICE_Dims": ["X_1_1_1_1_1_256_1_1_1_1_1_491", "X_1_1_1_1_1_255_1_1_1_1_1_491", "X_1_1_1_1_1_254_1_1_1_1_1_491", "X_1_1_1_1_1_253_1_1_1_1_1_491", "X_1_1_1_1_1_252_1_1_1_1_1_491", "X_1_1_1_1_1_251_1_1_1_1_1_491", "X_1_1_1_1_1_250_1_1_1_1_1_491", "X_1_1_1_1_1_249_1_1_1_1_1_491", "X_1_1_1_1_1_248_1_1_1_1_1_491", "X_1_1_1_1_1_247_1_1_1_1_1_491", "X_1_1_1_1_1_246_1_1_1_1_1_491", "X_1_1_1_1_1_245_1_1_1_1_1_491", "X_1_1_1_1_1_244_1_1_1_1_1_491", "X_1_1_1_1_1_243_1_1_1_1_1_491", "X_1_1_1_1_1_242_1_1_1_1_1_491", "X_1_1_1_1_1_241_1_1_1_1_1_491", "X_1_1_1_1_1_240_1_1_1_1_1_491", "X_1_1_1_1_1_239_1_1_1_1_1_491", "X_1_1_1_1_1_238_1_1_1_1_1_491", "X_1_1_1_1_1_237_1_1_1_1_1_491", "X_1_1_1_1_1_236_1_1_1_1_1_491", "X_1_1_1_1_1_235_1_1_1_1_1_491", "X_1_1_1_1_1_234_1_1_1_1_1_491", "X_1_1_1_1_1_233_1_1_1_1_1_491", "X_1_1_1_1_1_232_1_1_1_1_1_491", "X_1_1_1_1_1_231_1_1_1_1_1_491", "X_1_1_1_1_1_230_1_1_1_1_1_491", "X_1_1_1_1_1_229_1_1_1_1_1_491", "X_1_1_1_1_1_228_1_1_1_1_1_491", "X_1_1_1_1_1_227_1_1_1_1_1_491", "X_1_1_1_1_1_226_1_1_1_1_1_491", "X_1_1_1_1_1_225_1_1_1_1_1_491", "X_1_1_1_1_1_224_1_1_1_1_1_491", "X_1_1_1_1_1_223_1_1_1_1_1_491", "X_1_1_1_1_1_222_1_1_1_1_1_491", "X_1_1_1_1_1_221_1_1_1_1_1_491", "X_1_1_1_1_1_220_1_1_1_1_1_491", "X_1_1_1_1_1_219_1_1_1_1_1_491", "X_1_1_1_1_1_218_1_1_1_1_1_491", "X_1_1_1_1_1_217_1_1_1_1_1_491", "X_1_1_1_1_1_216_1_1_1_1_1_491", "X_1_1_1_1_1_215_1_1_1_1_1_491", "X_1_1_1_1_1_214_1_1_1_1_1_491", "X_1_1_1_1_1_213_1_1_1_1_1_491", "X_1_1_1_1_1_212_1_1_1_1_1_491", "X_1_1_1_1_1_211_1_1_1_1_1_491", "X_1_1_1_1_1_210_1_1_1_1_1_491", "X_1_1_1_1_1_209_1_1_1_1_1_491", "X_1_1_1_1_1_208_1_1_1_1_1_491", "X_1_1_1_1_1_207_1_1_1_1_1_491", "X_1_1_1_1_1_206_1_1_1_1_1_491", "X_1_1_1_1_1_205_1_1_1_1_1_491", "X_1_1_1_1_1_204_1_1_1_1_1_491", "X_1_1_1_1_1_203_1_1_1_1_1_491", "X_1_1_1_1_1_202_1_1_1_1_1_491", "X_1_1_1_1_1_201_1_1_1_1_1_491", "X_1_1_1_1_1_200_1_1_1_1_1_491", "X_1_1_1_1_1_199_1_1_1_1_1_491", "X_1_1_1_1_1_198_1_1_1_1_1_491", "X_1_1_1_1_1_197_1_1_1_1_1_491", "X_1_1_1_1_1_196_1_1_1_1_1_491", "X_1_1_1_1_1_195_1_1_1_1_1_491", "X_1_1_1_1_1_194_1_1_1_1_1_491", "X_1_1_1_1_1_193_1_1_1_1_1_491", "X_1_1_1_1_1_192_1_1_1_1_1_491", "X_1_1_1_1_1_191_1_1_1_1_1_491", "X_1_1_1_1_1_190_1_1_1_1_1_491", "X_1_1_1_1_1_189_1_1_1_1_1_491", "X_1_1_1_1_1_188_1_1_1_1_1_491", "X_1_1_1_1_1_187_1_1_1_1_1_491", "X_1_1_1_1_1_186_1_1_1_1_1_491", "X_1_1_1_1_1_185_1_1_1_1_1_491", "X_1_1_1_1_1_184_1_1_1_1_1_491", "X_1_1_1_1_1_183_1_1_1_1_1_491", "X_1_1_1_1_1_182_1_1_1_1_1_491", "X_1_1_1_1_1_181_1_1_1_1_1_491", "X_1_1_1_1_1_180_1_1_1_1_1_491", "X_1_1_1_1_1_179_1_1_1_1_1_491", "X_1_1_1_1_1_178_1_1_1_1_1_491", "X_1_1_1_1_1_177_1_1_1_1_1_491", "X_1_1_1_1_1_176_1_1_1_1_1_491", "X_1_1_1_1_1_175_1_1_1_1_1_491", "X_1_1_1_1_1_174_1_1_1_1_1_491", "X_1_1_1_1_1_173_1_1_1_1_1_491", "X_1_1_1_1_1_172_1_1_1_1_1_491", "X_1_1_1_1_1_171_1_1_1_1_1_491", "X_1_1_1_1_1_170_1_1_1_1_1_491", "X_1_1_1_1_1_169_1_1_1_1_1_491", "X_1_1_1_1_1_168_1_1_1_1_1_491", "X_1_1_1_1_1_167_1_1_1_1_1_491", "X_1_1_1_1_1_166_1_1_1_1_1_491", "X_1_1_1_1_1_165_1_1_1_1_1_491", "X_1_1_1_1_1_164_1_1_1_1_1_491", "X_1_1_1_1_1_163_1_1_1_1_1_491", "X_1_1_1_1_1_162_1_1_1_1_1_491", "X_1_1_1_1_1_161_1_1_1_1_1_491", "X_1_1_1_1_1_160_1_1_1_1_1_491", "X_1_1_1_1_1_159_1_1_1_1_1_491", "X_1_1_1_1_1_158_1_1_1_1_1_491", "X_1_1_1_1_1_157_1_1_1_1_1_491", "X_1_1_1_1_1_156_1_1_1_1_1_491", "X_1_1_1_1_1_155_1_1_1_1_1_491", "X_1_1_1_1_1_154_1_1_1_1_1_491", "X_1_1_1_1_1_153_1_1_1_1_1_491", "X_1_1_1_1_1_152_1_1_1_1_1_491", "X_1_1_1_1_1_151_1_1_1_1_1_491", "X_1_1_1_1_1_150_1_1_1_1_1_491", "X_1_1_1_1_1_149_1_1_1_1_1_491", "X_1_1_1_1_1_148_1_1_1_1_1_491", "X_1_1_1_1_1_147_1_1_1_1_1_491", "X_1_1_1_1_1_146_1_1_1_1_1_491", "X_1_1_1_1_1_145_1_1_1_1_1_491", "X_1_1_1_1_1_144_1_1_1_1_1_491", "X_1_1_1_1_1_143_1_1_1_1_1_491", "X_1_1_1_1_1_142_1_1_1_1_1_491", "X_1_1_1_1_1_141_1_1_1_1_1_491", "X_1_1_1_1_1_140_1_1_1_1_1_491", "X_1_1_1_1_1_139_1_1_1_1_1_491", "X_1_1_1_1_1_138_1_1_1_1_1_491", "X_1_1_1_1_1_137_1_1_1_1_1_491", "X_1_1_1_1_1_136_1_1_1_1_1_491", "X_1_1_1_1_1_135_1_1_1_1_1_491", "X_1_1_1_1_1_134_1_1_1_1_1_491", "X_1_1_1_1_1_133_1_1_1_1_1_491", "X_1_1_1_1_1_132_1_1_1_1_1_491", "X_1_1_1_1_1_131_1_1_1_1_1_491", "X_1_1_1_1_1_130_1_1_1_1_1_491", "X_1_1_1_1_1_129_1_1_1_1_1_491", "X_1_1_1_1_1_128_1_1_1_1_1_491", "X_1_1_1_1_1_127_1_1_1_1_1_491", "X_1_1_1_1_1_126_1_1_1_1_1_491", "X_1_1_1_1_1_125_1_1_1_1_1_491", "X_1_1_1_1_1_124_1_1_1_1_1_491", "X_1_1_1_1_1_123_1_1_1_1_1_491", "X_1_1_1_1_1_122_1_1_1_1_1_491", "X_1_1_1_1_1_121_1_1_1_1_1_491", "X_1_1_1_1_1_120_1_1_1_1_1_491", "X_1_1_1_1_1_119_1_1_1_1_1_491", "X_1_1_1_1_1_118_1_1_1_1_1_491", "X_1_1_1_1_1_117_1_1_1_1_1_491", "X_1_1_1_1_1_116_1_1_1_1_1_491", "X_1_1_1_1_1_115_1_1_1_1_1_491", "X_1_1_1_1_1_114_1_1_1_1_1_491", "X_1_1_1_1_1_113_1_1_1_1_1_491", "X_1_1_1_1_1_112_1_1_1_1_1_491", "X_1_1_1_1_1_111_1_1_1_1_1_491", "X_1_1_1_1_1_110_1_1_1_1_1_491", "X_1_1_1_1_1_109_1_1_1_1_1_491", "X_1_1_1_1_1_108_1_1_1_1_1_491", "X_1_1_1_1_1_107_1_1_1_1_1_491", "X_1_1_1_1_1_106_1_1_1_1_1_491", "X_1_1_1_1_1_105_1_1_1_1_1_491", "X_1_1_1_1_1_104_1_1_1_1_1_491", "X_1_1_1_1_1_103_1_1_1_1_1_491", "X_1_1_1_1_1_102_1_1_1_1_1_491", "X_1_1_1_1_1_101_1_1_1_1_1_491", "X_1_1_1_1_1_100_1_1_1_1_1_491", "X_1_1_1_1_1_99_1_1_1_1_1_491", "X_1_1_1_1_1_98_1_1_1_1_1_491", "X_1_1_1_1_1_97_1_1_1_1_1_491", "X_1_1_1_1_1_96_1_1_1_1_1_491", "X_1_1_1_1_1_95_1_1_1_1_1_491", "X_1_1_1_1_1_94_1_1_1_1_1_491", "X_1_1_1_1_1_93_1_1_1_1_1_491", "X_1_1_1_1_1_92_1_1_1_1_1_491", "X_1_1_1_1_1_91_1_1_1_1_1_491", "X_1_1_1_1_1_90_1_1_1_1_1_491", "X_1_1_1_1_1_89_1_1_1_1_1_491", "X_1_1_1_1_1_88_1_1_1_1_1_491", "X_1_1_1_1_1_87_1_1_1_1_1_491", "X_1_1_1_1_1_86_1_1_1_1_1_491", "X_1_1_1_1_1_85_1_1_1_1_1_491", "X_1_1_1_1_1_84_1_1_1_1_1_491", "X_1_1_1_1_1_83_1_1_1_1_1_491", "X_1_1_1_1_1_82_1_1_1_1_1_491", "X_1_1_1_1_1_81_1_1_1_1_1_491", "X_1_1_1_1_1_80_1_1_1_1_1_491", "X_1_1_1_1_1_79_1_1_1_1_1_491", "X_1_1_1_1_1_78_1_1_1_1_1_491", "X_1_1_1_1_1_77_1_1_1_1_1_491", "X_1_1_1_1_1_76_1_1_1_1_1_491", "X_1_1_1_1_1_75_1_1_1_1_1_491", "X_1_1_1_1_1_74_1_1_1_1_1_491", "X_1_1_1_1_1_73_1_1_1_1_1_491", "X_1_1_1_1_1_72_1_1_1_1_1_491", "X_1_1_1_1_1_71_1_1_1_1_1_491", "X_1_1_1_1_1_70_1_1_1_1_1_491", "X_1_1_1_1_1_69_1_1_1_1_1_491", "X_1_1_1_1_1_68_1_1_1_1_1_491", "X_1_1_1_1_1_67_1_1_1_1_1_491", "X_1_1_1_1_1_66_1_1_1_1_1_491", "X_1_1_1_1_1_65_1_1_1_1_1_491", "X_1_1_1_1_1_64_1_1_1_1_1_491", "X_1_1_1_1_1_63_1_1_1_1_1_491", "X_1_1_1_1_1_62_1_1_1_1_1_491", "X_1_1_1_1_1_61_1_1_1_1_1_491", "X_1_1_1_1_1_60_1_1_1_1_1_491", "X_1_1_1_1_1_59_1_1_1_1_1_491", "X_1_1_1_1_1_58_1_1_1_1_1_491", "X_1_1_1_1_1_57_1_1_1_1_1_491", "X_1_1_1_1_1_56_1_1_1_1_1_491", "X_1_1_1_1_1_55_1_1_1_1_1_491", "X_1_1_1_1_1_54_1_1_1_1_1_491", "X_1_1_1_1_1_53_1_1_1_1_1_491", "X_1_1_1_1_1_52_1_1_1_1_1_491", "X_1_1_1_1_1_51_1_1_1_1_1_491", "X_1_1_1_1_1_50_1_1_1_1_1_491", "X_1_1_1_1_1_49_1_1_1_1_1_491", "X_1_1_1_1_1_48_1_1_1_1_1_491", "X_1_1_1_1_1_47_1_1_1_1_1_491", "X_1_1_1_1_1_46_1_1_1_1_1_491", "X_1_1_1_1_1_45_1_1_1_1_1_491", "X_1_1_1_1_1_44_1_1_1_1_1_491", "X_1_1_1_1_1_43_1_1_1_1_1_491", "X_1_1_1_1_1_42_1_1_1_1_1_491", "X_1_1_1_1_1_41_1_1_1_1_1_491", "X_1_1_1_1_1_40_1_1_1_1_1_491", "X_1_1_1_1_1_39_1_1_1_1_1_491", "X_1_1_1_1_1_38_1_1_1_1_1_491", "X_1_1_1_1_1_37_1_1_1_1_1_491", "X_1_1_1_1_1_36_1_1_1_1_1_491", "X_1_1_1_1_1_35_1_1_1_1_1_491", "X_1_1_1_1_1_34_1_1_1_1_1_491", "X_1_1_1_1_1_33_1_1_1_1_1_491", "X_1_1_1_1_1_32_1_1_1_1_1_491", "X_1_1_1_1_1_31_1_1_1_1_1_491", "X_1_1_1_1_1_30_1_1_1_1_1_491", "X_1_1_1_1_1_29_1_1_1_1_1_491", "X_1_1_1_1_1_28_1_1_1_1_1_491", "X_1_1_1_1_1_27_1_1_1_1_1_491", "X_1_1_1_1_1_26_1_1_1_1_1_491", "X_1_1_1_1_1_25_1_1_1_1_1_491", "X_1_1_1_1_1_24_1_1_1_1_1_491", "X_1_1_1_1_1_23_1_1_1_1_1_491", "X_1_1_1_1_1_22_1_1_1_1_1_491", "X_1_1_1_1_1_21_1_1_1_1_1_491", "X_1_1_1_1_1_20_1_1_1_1_1_491", "X_1_1_1_1_1_19_1_1_1_1_1_491", "X_1_1_1_1_1_18_1_1_1_1_1_491", "X_1_1_1_1_1_17_1_1_1_1_1_491", "X_1_1_1_1_1_16_1_1_1_1_1_491", "X_1_1_1_1_1_15_1_1_1_1_1_491", "X_1_1_1_1_1_14_1_1_1_1_1_491", "X_1_1_1_1_1_13_1_1_1_1_1_491", "X_1_1_1_1_1_12_1_1_1_1_1_491", "X_1_1_1_1_1_11_1_1_1_1_1_491", "X_1_1_1_1_1_10_1_1_1_1_1_491", "X_1_1_1_1_1_9_1_1_1_1_1_491", "X_1_1_1_1_1_8_1_1_1_1_1_491", "X_1_1_1_1_1_7_1_1_1_1_1_491", "X_1_1_1_1_1_6_1_1_1_1_1_491", "X_1_1_1_1_1_5_1_1_1_1_1_491", "X_1_1_1_1_1_4_1_1_1_1_1_491", "X_1_1_1_1_1_3_1_1_1_1_1_491", "X_1_1_1_1_1_2_1_1_1_1_1_491", "X_1_1_1_1_1_1_1_1_1_1_1_491"], "CsaImage.SlicePosition_PCS": [[96.95218644, -87.35748198, 132.27740398], [96.15300415, -87.35895943, 132.24127236], [95.35382185, -87.36043688, 132.20514073], [94.55463956, -87.36191433, 132.1690091], [93.75545726, -87.36339178, 132.13287748], [92.95627496, -87.36486923, 132.09674585], [92.15709267, -87.36634668, 132.06061423], [91.35791037, -87.36782413, 132.0244826], [90.55872808, -87.36930158, 131.98835097], [89.75954578, -87.37077903, 131.95221935], [88.96036349, -87.37225647, 131.91608772], [88.16118119, -87.37373392, 131.8799561], [87.36199889, -87.37521137, 131.84382447], [86.5628166, -87.37668882, 131.80769284], [85.7636343, -87.37816627, 131.77156122], [84.96445201, -87.37964372, 131.73542959], [84.16526971, -87.38112117, 131.69929796], [83.36608742, -87.38259862, 131.66316634], [82.56690512, -87.38407607, 131.62703471], [81.76772282, -87.38555352, 131.59090309], [80.96854053, -87.38703097, 131.55477146], [80.16935823, -87.38850842, 131.51863983], [79.37017594, -87.38998587, 131.48250821], [78.57099364, -87.39146332, 131.44637658], [77.77181135, -87.39294076, 131.41024495], [76.97262905, -87.39441821, 131.37411333], [76.17344675, -87.39589566, 131.3379817], [75.37426446, -87.39737311, 131.30185008], [74.57508216, -87.39885056, 131.26571845], [73.77589987, -87.40032801, 131.22958682], [72.97671757, -87.40180546, 131.1934552], [72.17753528, -87.40328291, 131.15732357], [71.37835298, -87.40476036, 131.12119194], [70.57917068, -87.40623781, 131.08506032], [69.77998839, -87.40771526, 131.04892869], [68.98080609, -87.40919271, 131.01279707], [68.1816238, -87.41067016, 130.97666544], [67.3824415, -87.4121476, 130.94053381], [66.58325921, -87.41362505, 130.90440219], [65.78407691, -87.4151025, 130.86827056], [64.98489461, -87.41657995, 130.83213893], [64.18571232, -87.4180574, 130.79600731], [63.38653002, -87.41953485, 130.75987568], [62.58734773, -87.4210123, 130.72374406], [61.78816543, -87.42248975, 130.68761243], [60.98898314, -87.4239672, 130.6514808], [60.18980084, -87.42544465, 130.61534918], [59.39061854, -87.4269221, 130.57921755], [58.59143625, -87.42839955, 130.54308593], [57.79225395, -87.429877, 130.5069543], [56.99307166, -87.43135444, 130.47082267], [56.19388936, -87.43283189, 130.43469105], [55.39470707, -87.43430934, 130.39855942], [54.59552477, -87.43578679, 130.36242779], [53.79634247, -87.43726424, 130.32629617], [52.99716018, -87.43874169, 130.29016454], [52.19797788, -87.44021914, 130.25403292], [51.39879559, -87.44169659, 130.21790129], [50.59961329, -87.44317404, 130.18176966], [49.80043099, -87.44465149, 130.14563804], [49.0012487, -87.44612894, 130.10950641], [48.2020664, -87.44760639, 130.07337478], [47.40288411, -87.44908384, 130.03724316], [46.60370181, -87.45056128, 130.00111153], [45.80451952, -87.45203873, 129.96497991], [45.00533722, -87.45351618, 129.92884828], [44.20615492, -87.45499363, 129.89271665], [43.40697263, -87.45647108, 129.85658503], [42.60779033, -87.45794853, 129.8204534], [41.80860804, -87.45942598, 129.78432177], [41.00942574, -87.46090343, 129.74819015], [40.21024345, -87.46238088, 129.71205852], [39.41106115, -87.46385833, 129.6759269], [38.61187885, -87.46533578, 129.63979527], [37.81269656, -87.46681323, 129.60366364], [37.01351426, -87.46829068, 129.56753202], [36.21433197, -87.46976812, 129.53140039], [35.41514967, -87.47124557, 129.49526876], [34.61596738, -87.47272302, 129.45913714], [33.81678508, -87.47420047, 129.42300551], [33.01760278, -87.47567792, 129.38687389], [32.21842049, -87.47715537, 129.35074226], [31.41923819, -87.47863282, 129.31461063], [30.6200559, -87.48011027, 129.27847901], [29.8208736, -87.48158772, 129.24234738], [29.02169131, -87.48306517, 129.20621576], [28.22250901, -87.48454262, 129.17008413], [27.42332671, -87.48602007, 129.1339525], [26.62414442, -87.48749752, 129.09782088], [25.82496212, -87.48897497, 129.06168925], [25.02577983, -87.49045241, 129.02555762], [24.22659753, -87.49192986, 128.989426], [23.42741524, -87.49340731, 128.95329437], [22.62823294, -87.49488476, 128.91716275], [21.82905064, -87.49636221, 128.88103112], [21.02986835, -87.49783966, 128.84489949], [20.23068605, -87.49931711, 128.80876787], [19.43150376, -87.50079456, 128.77263624], [18.63232146, -87.50227201, 128.73650461], [17.83313917, -87.50374946, 128.70037299], [17.03395687, -87.50522691, 128.66424136], [16.23477457, -87.50670436, 128.62810974], [15.43559228, -87.50818181, 128.59197811], [14.63640998, -87.50965925, 128.55584648], [13.83722769, -87.5111367, 128.51971486], [13.03804539, -87.51261415, 128.48358323], [12.2388631, -87.5140916, 128.4474516], [11.4396808, -87.51556905, 128.41131998], [10.6404985, -87.5170465, 128.37518835], [9.84131621, -87.51852395, 128.33905673], [9.04213391, -87.5200014, 128.3029251], [8.24295162, -87.52147885, 128.26679347], [7.44376932, -87.5229563, 128.23066185], [6.64458703, -87.52443375, 128.19453022], [5.84540473, -87.5259112, 128.15839859], [5.04622243, -87.52738865, 128.12226697], [4.24704014, -87.52886609, 128.08613534], [3.44785784, -87.53034354, 128.05000372], [2.64867555, -87.53182099, 128.01387209], [1.84949325, -87.53329844, 127.97774046], [1.05031096, -87.53477589, 127.94160884], [0.25112866, -87.53625334, 127.90547721], [-0.54805364, -87.53773079, 127.86934559], [-1.34723593, -87.53920824, 127.83321396], [-2.14641823, -87.54068569, 127.79708233], [-2.94560052, -87.54216314, 127.76095071], [-3.74478282, -87.54364059, 127.72481908], [-4.54396511, -87.54511804, 127.68868745], [-5.34314741, -87.54659549, 127.65255583], [-6.14232971, -87.54807293, 127.6164242], [-6.941512, -87.54955038, 127.58029258], [-7.7406943, -87.55102783, 127.54416095], [-8.53987659, -87.55250528, 127.50802932], [-9.33905889, -87.55398273, 127.4718977], [-10.13824118, -87.55546018, 127.43576607], [-10.93742348, -87.55693763, 127.39963444], [-11.73660578, -87.55841508, 127.36350282], [-12.53578807, -87.55989253, 127.32737119], [-13.33497037, -87.56136998, 127.29123957], [-14.13415266, -87.56284743, 127.25510794], [-14.93333496, -87.56432488, 127.21897631], [-15.73251725, -87.56580233, 127.18284469], [-16.53169955, -87.56727977, 127.14671306], [-17.33088185, -87.56875722, 127.11058143], [-18.13006414, -87.57023467, 127.07444981], [-18.92924644, -87.57171212, 127.03831818], [-19.72842873, -87.57318957, 127.00218656], [-20.52761103, -87.57466702, 126.96605493], [-21.32679332, -87.57614447, 126.9299233], [-22.12597562, -87.57762192, 126.89379168], [-22.92515792, -87.57909937, 126.85766005], [-23.72434021, -87.58057682, 126.82152843], [-24.52352251, -87.58205427, 126.7853968], [-25.3227048, -87.58353172, 126.74926517], [-26.1218871, -87.58500917, 126.71313355], [-26.92106939, -87.58648662, 126.67700192], [-27.72025169, -87.58796406, 126.64087029], [-28.51943399, -87.58944151, 126.60473867], [-29.31861628, -87.59091896, 126.56860704], [-30.11779858, -87.59239641, 126.53247542], [-30.91698087, -87.59387386, 126.49634379], [-31.71616317, -87.59535131, 126.46021216], [-32.51534547, -87.59682876, 126.42408054], [-33.31452776, -87.59830621, 126.38794891], [-34.11371006, -87.59978366, 126.35181728], [-34.91289235, -87.60126111, 126.31568566], [-35.71207465, -87.60273856, 126.27955403], [-36.51125694, -87.60421601, 126.24342241], [-37.31043924, -87.60569346, 126.20729078], [-38.10962154, -87.6071709, 126.17115915], [-38.90880383, -87.60864835, 126.13502753], [-39.70798613, -87.6101258, 126.0988959], [-40.50716842, -87.61160325, 126.06276427], [-41.30635072, -87.6130807, 126.02663265], [-42.10553301, -87.61455815, 125.99050102], [-42.90471531, -87.6160356, 125.9543694], [-43.70389761, -87.61751305, 125.91823777], [-44.5030799, -87.6189905, 125.88210614], [-45.3022622, -87.62046795, 125.84597452], [-46.10144449, -87.6219454, 125.80984289], [-46.90062679, -87.62342285, 125.77371126], [-47.69980908, -87.6249003, 125.73757964], [-48.49899138, -87.62637774, 125.70144801], [-49.29817368, -87.62785519, 125.66531639], [-50.09735597, -87.62933264, 125.62918476], [-50.89653827, -87.63081009, 125.59305313], [-51.69572056, -87.63228754, 125.55692151], [-52.49490286, -87.63376499, 125.52078988], [-53.29408515, -87.63524244, 125.48465826], [-54.09326745, -87.63671989, 125.44852663], [-54.89244975, -87.63819734, 125.412395], [-55.69163204, -87.63967479, 125.37626338], [-56.49081434, -87.64115224, 125.34013175], [-57.28999663, -87.64262969, 125.30400012], [-58.08917893, -87.64410714, 125.2678685], [-58.88836122, -87.64558458, 125.23173687], [-59.68754352, -87.64706203, 125.19560525], [-60.48672582, -87.64853948, 125.15947362], [-61.28590811, -87.65001693, 125.12334199], [-62.08509041, -87.65149438, 125.08721037], [-62.8842727, -87.65297183, 125.05107874], [-63.683455, -87.65444928, 125.01494711], [-64.48263729, -87.65592673, 124.97881549], [-65.28181959, -87.65740418, 124.94268386], [-66.08100189, -87.65888163, 124.90655224], [-66.88018418, -87.66035908, 124.87042061], [-67.67936648, -87.66183653, 124.83428898], [-68.47854877, -87.66331398, 124.79815736], [-69.27773107, -87.66479142, 124.76202573], [-70.07691336, -87.66626887, 124.7258941], [-70.87609566, -87.66774632, 124.68976248], [-71.67527796, -87.66922377, 124.65363085], [-72.47446025, -87.67070122, 124.61749923], [-73.27364255, -87.67217867, 124.5813676], [-74.07282484, -87.67365612, 124.54523597], [-74.87200714, -87.67513357, 124.50910435], [-75.67118943, -87.67661102, 124.47297272], [-76.47037173, -87.67808847, 124.43684109], [-77.26955403, -87.67956592, 124.40070947], [-78.06873632, -87.68104337, 124.36457784], [-78.86791862, -87.68252082, 124.32844622], [-79.66710091, -87.68399827, 124.29231459], [-80.46628321, -87.68547571, 124.25618296], [-81.2654655, -87.68695316, 124.22005134], [-82.0646478, -87.68843061, 124.18391971], [-82.8638301, -87.68990806, 124.14778809], [-83.66301239, -87.69138551, 124.11165646], [-84.46219469, -87.69286296, 124.07552483], [-85.26137698, -87.69434041, 124.03939321], [-86.06055928, -87.69581786, 124.00326158], [-86.85974157, -87.69729531, 123.96712995], [-87.65892387, -87.69877276, 123.93099833], [-88.45810617, -87.70025021, 123.8948667], [-89.25728846, -87.70172766, 123.85873508], [-90.05647076, -87.70320511, 123.82260345], [-90.85565305, -87.70468255, 123.78647182], [-91.65483535, -87.70616, 123.7503402], [-92.45401764, -87.70763745, 123.71420857], [-93.25319994, -87.7091149, 123.67807694], [-94.05238224, -87.71059235, 123.64194532], [-94.85156453, -87.7120698, 123.60581369], [-95.65074683, -87.71354725, 123.56968207], [-96.44992912, -87.7150247, 123.53355044], [-97.24911142, -87.71650215, 123.49741881], [-98.04829371, -87.7179796, 123.46128719], [-98.84747601, -87.71945705, 123.42515556], [-99.64665831, -87.7209345, 123.38902393], [-100.4458406, -87.72241195, 123.35289231], [-101.2450229, -87.72388939, 123.31676068], [-102.04420519, -87.72536684, 123.28062906], [-102.84338749, -87.72684429, 123.24449743], [-103.64256978, -87.72832174, 123.2083658], [-104.44175208, -87.72979919, 123.17223418], [-105.24093438, -87.73127664, 123.13610255], [-106.04011667, -87.73275409, 123.09997092], [-106.83929897, -87.73423154, 123.0638393]], "ImagePositionPatient": [[96.952186442854, -87.357481982459, 132.27740398346], [96.153004147126, -87.358959431701, 132.24127235725], [95.353821851399, -87.360436880943, 132.20514073103], [94.554639555671, -87.361914330186, 132.16900910482], [93.755457259944, -87.363391779428, 132.1328774786], [92.956274964216, -87.36486922867, 132.09674585239], [92.157092668489, -87.366346677913, 132.06061422617], [91.357910372761, -87.367824127155, 132.02448259996], [90.558728077034, -87.369301576397, 131.98835097374], [89.759545781306, -87.37077902564, 131.95221934753], [88.960363485579, -87.372256474882, 131.91608772131], [88.161181189851, -87.373733924124, 131.8799560951], [87.361998894124, -87.375211373366, 131.84382446888], [86.562816598396, -87.376688822609, 131.80769284267], [85.763634302668, -87.378166271851, 131.77156121645], [84.964452006941, -87.379643721093, 131.73542959024], [84.165269711213, -87.381121170336, 131.69929796402], [83.366087415486, -87.382598619578, 131.66316633781], [82.566905119758, -87.38407606882, 131.62703471159], [81.767722824031, -87.385553518063, 131.59090308538], [80.968540528303, -87.387030967305, 131.55477145916], [80.169358232576, -87.388508416547, 131.51863983295], [79.370175936848, -87.389985865789, 131.48250820673], [78.570993641121, -87.391463315032, 131.44637658052], [77.771811345393, -87.392940764274, 131.41024495431], [76.972629049666, -87.394418213516, 131.37411332809], [76.173446753938, -87.395895662759, 131.33798170188], [75.374264458211, -87.397373112001, 131.30185007566], [74.575082162483, -87.398850561243, 131.26571844945], [73.775899866756, -87.400328010486, 131.22958682323], [72.976717571028, -87.401805459728, 131.19345519702], [72.177535275301, -87.40328290897, 131.1573235708], [71.378352979573, -87.404760358212, 131.12119194459], [70.579170683846, -87.406237807455, 131.08506031837], [69.779988388118, -87.407715256697, 131.04892869216], [68.980806092391, -87.409192705939, 131.01279706594], [68.181623796663, -87.410670155182, 130.97666543973], [67.382441500936, -87.412147604424, 130.94053381351], [66.583259205208, -87.413625053666, 130.9044021873], [65.784076909481, -87.415102502909, 130.86827056108], [64.984894613753, -87.416579952151, 130.83213893487], [64.185712318026, -87.418057401393, 130.79600730865], [63.386530022298, -87.419534850635, 130.75987568244], [62.587347726571, -87.421012299878, 130.72374405622], [61.788165430843, -87.42248974912, 130.68761243001], [60.988983135116, -87.423967198362, 130.65148080379], [60.189800839388, -87.425444647605, 130.61534917758], [59.390618543661, -87.426922096847, 130.57921755136], [58.591436247933, -87.428399546089, 130.54308592515], [57.792253952206, -87.429876995332, 130.50695429893], [56.993071656478, -87.431354444574, 130.47082267272], [56.193889360751, -87.432831893816, 130.4346910465], [55.394707065023, -87.434309343058, 130.39855942029], [54.595524769296, -87.435786792301, 130.36242779407], [53.796342473568, -87.437264241543, 130.32629616786], [52.997160177841, -87.438741690785, 130.29016454164], [52.197977882113, -87.440219140028, 130.25403291543], [51.398795586386, -87.44169658927, 130.21790128921], [50.599613290658, -87.443174038512, 130.181769663], [49.800430994931, -87.444651487755, 130.14563803678], [49.001248699203, -87.446128936997, 130.10950641057], [48.202066403476, -87.447606386239, 130.07337478435], [47.402884107748, -87.449083835481, 130.03724315814], [46.603701812021, -87.450561284724, 130.00111153192], [45.804519516293, -87.452038733966, 129.96497990571], [45.005337220566, -87.453516183208, 129.92884827949], [44.206154924838, -87.454993632451, 129.89271665328], [43.406972629111, -87.456471081693, 129.85658502706], [42.607790333383, -87.457948530935, 129.82045340085], [41.808608037656, -87.459425980178, 129.78432177463], [41.009425741928, -87.46090342942, 129.74819014842], [40.210243446201, -87.462380878662, 129.71205852221], [39.411061150473, -87.463858327904, 129.67592689599], [38.611878854746, -87.465335777147, 129.63979526978], [37.812696559018, -87.466813226389, 129.60366364356], [37.013514263291, -87.468290675631, 129.56753201735], [36.214331967563, -87.469768124874, 129.53140039113], [35.415149671835, -87.471245574116, 129.49526876492], [34.615967376108, -87.472723023358, 129.4591371387], [33.81678508038, -87.474200472601, 129.42300551249], [33.017602784653, -87.475677921843, 129.38687388627], [32.218420488925, -87.477155371085, 129.35074226006], [31.419238193198, -87.478632820327, 129.31461063384], [30.62005589747, -87.48011026957, 129.27847900763], [29.820873601743, -87.481587718812, 129.24234738141], [29.021691306015, -87.483065168054, 129.2062157552], [28.222509010288, -87.484542617297, 129.17008412898], [27.42332671456, -87.486020066539, 129.13395250277], [26.624144418833, -87.487497515781, 129.09782087655], [25.824962123105, -87.488974965024, 129.06168925034], [25.025779827378, -87.490452414266, 129.02555762412], [24.22659753165, -87.491929863508, 128.98942599791], [23.427415235923, -87.49340731275, 128.95329437169], [22.628232940195, -87.494884761993, 128.91716274548], [21.829050644468, -87.496362211235, 128.88103111926], [21.02986834874, -87.497839660477, 128.84489949305], [20.230686053013, -87.49931710972, 128.80876786683], [19.431503757285, -87.500794558962, 128.77263624062], [18.632321461558, -87.502272008204, 128.7365046144], [17.83313916583, -87.503749457447, 128.70037298819], [17.033956870103, -87.505226906689, 128.66424136197], [16.234774574375, -87.506704355931, 128.62810973576], [15.435592278648, -87.508181805173, 128.59197810954], [14.63640998292, -87.509659254416, 128.55584648333], [13.837227687193, -87.511136703658, 128.51971485711], [13.038045391465, -87.5126141529, 128.4835832309], [12.238863095738, -87.514091602143, 128.44745160468], [11.43968080001, -87.515569051385, 128.41131997847], [10.640498504283, -87.517046500627, 128.37518835225], [9.8413162085552, -87.51852394987, 128.33905672604], [9.0421339128277, -87.520001399112, 128.30292509982], [8.2429516171002, -87.521478848354, 128.26679347361], [7.4437693213727, -87.522956297596, 128.23066184739], [6.6445870256452, -87.524433746839, 128.19453022118], [5.8454047299177, -87.525911196081, 128.15839859496], [5.0462224341902, -87.527388645323, 128.12226696875], [4.2470401384627, -87.528866094566, 128.08613534253], [3.4478578427352, -87.530343543808, 128.05000371632], [2.6486755470077, -87.53182099305, 128.01387209011], [1.8494932512802, -87.533298442292, 127.97774046389], [1.0503109555527, -87.534775891535, 127.94160883768], [0.25112865982514, -87.536253340777, 127.90547721146], [-0.5480536359024, -87.537730790019, 127.86934558525], [-1.3472359316299, -87.539208239262, 127.83321395903], [-2.1464182273574, -87.540685688504, 127.79708233282], [-2.9456005230849, -87.542163137746, 127.7609507066], [-3.7447828188124, -87.543640586989, 127.72481908039], [-4.5439651145399, -87.545118036231, 127.68868745417], [-5.3431474102674, -87.546595485473, 127.65255582796], [-6.1423297059949, -87.548072934715, 127.61642420174], [-6.9415120017224, -87.549550383958, 127.58029257553], [-7.7406942974499, -87.5510278332, 127.54416094931], [-8.5398765931774, -87.552505282442, 127.5080293231], [-9.339058888905, -87.553982731685, 127.47189769688], [-10.138241184632, -87.555460180927, 127.43576607067], [-10.93742348036, -87.556937630169, 127.39963444445], [-11.736605776087, -87.558415079412, 127.36350281824], [-12.535788071815, -87.559892528654, 127.32737119202], [-13.334970367542, -87.561369977896, 127.29123956581], [-14.13415266327, -87.562847427138, 127.25510793959], [-14.933334958998, -87.564324876381, 127.21897631338], [-15.732517254725, -87.565802325623, 127.18284468716], [-16.531699550453, -87.567279774865, 127.14671306095], [-17.33088184618, -87.568757224108, 127.11058143473], [-18.130064141908, -87.57023467335, 127.07444980852], [-18.929246437635, -87.571712122592, 127.0383181823], [-19.728428733363, -87.573189571835, 127.00218655609], [-20.52761102909, -87.574667021077, 126.96605492987], [-21.326793324818, -87.576144470319, 126.92992330366], [-22.125975620545, -87.577621919561, 126.89379167744], [-22.925157916273, -87.579099368804, 126.85766005123], [-23.724340212, -87.580576818046, 126.82152842501], [-24.523522507728, -87.582054267288, 126.7853967988], [-25.322704803455, -87.583531716531, 126.74926517258], [-26.121887099183, -87.585009165773, 126.71313354637], [-26.92106939491, -87.586486615015, 126.67700192015], [-27.720251690638, -87.587964064258, 126.64087029394], [-28.519433986365, -87.5894415135, 126.60473866772], [-29.318616282093, -87.590918962742, 126.56860704151], [-30.11779857782, -87.592396411984, 126.53247541529], [-30.916980873548, -87.593873861227, 126.49634378908], [-31.716163169275, -87.595351310469, 126.46021216286], [-32.515345465003, -87.596828759711, 126.42408053665], [-33.31452776073, -87.598306208954, 126.38794891043], [-34.113710056458, -87.599783658196, 126.35181728422], [-34.912892352185, -87.601261107438, 126.31568565801], [-35.712074647913, -87.602738556681, 126.27955403179], [-36.51125694364, -87.604216005923, 126.24342240558], [-37.310439239368, -87.605693455165, 126.20729077936], [-38.109621535095, -87.607170904407, 126.17115915315], [-38.908803830823, -87.60864835365, 126.13502752693], [-39.70798612655, -87.610125802892, 126.09889590072], [-40.507168422278, -87.611603252134, 126.0627642745], [-41.306350718005, -87.613080701377, 126.02663264829], [-42.105533013733, -87.614558150619, 125.99050102207], [-42.90471530946, -87.616035599861, 125.95436939586], [-43.703897605188, -87.617513049104, 125.91823776964], [-44.503079900915, -87.618990498346, 125.88210614343], [-45.302262196643, -87.620467947588, 125.84597451721], [-46.10144449237, -87.62194539683, 125.809842891], [-46.900626788098, -87.623422846073, 125.77371126478], [-47.699809083825, -87.624900295315, 125.73757963857], [-48.498991379553, -87.626377744557, 125.70144801235], [-49.29817367528, -87.6278551938, 125.66531638614], [-50.097355971008, -87.629332643042, 125.62918475992], [-50.896538266735, -87.630810092284, 125.59305313371], [-51.695720562463, -87.632287541527, 125.55692150749], [-52.49490285819, -87.633764990769, 125.52078988128], [-53.294085153918, -87.635242440011, 125.48465825506], [-54.093267449645, -87.636719889253, 125.44852662885], [-54.892449745373, -87.638197338496, 125.41239500263], [-55.6916320411, -87.639674787738, 125.37626337642], [-56.490814336828, -87.64115223698, 125.3401317502], [-57.289996632555, -87.642629686223, 125.30400012399], [-58.089178928283, -87.644107135465, 125.26786849777], [-58.88836122401, -87.645584584707, 125.23173687156], [-59.687543519738, -87.64706203395, 125.19560524534], [-60.486725815465, -87.648539483192, 125.15947361913], [-61.285908111193, -87.650016932434, 125.12334199291], [-62.08509040692, -87.651494381676, 125.0872103667], [-62.884272702648, -87.652971830919, 125.05107874048], [-63.683454998375, -87.654449280161, 125.01494711427], [-64.482637294103, -87.655926729403, 124.97881548805], [-65.281819589831, -87.657404178646, 124.94268386184], [-66.081001885558, -87.658881627888, 124.90655223562], [-66.880184181286, -87.66035907713, 124.87042060941], [-67.679366477013, -87.661836526373, 124.83428898319], [-68.478548772741, -87.663313975615, 124.79815735698], [-69.277731068468, -87.664791424857, 124.76202573076], [-70.076913364196, -87.666268874099, 124.72589410455], [-70.876095659923, -87.667746323342, 124.68976247833], [-71.675277955651, -87.669223772584, 124.65363085212], [-72.474460251378, -87.670701221826, 124.61749922591], [-73.273642547106, -87.672178671069, 124.58136759969], [-74.072824842833, -87.673656120311, 124.54523597348], [-74.872007138561, -87.675133569553, 124.50910434726], [-75.671189434288, -87.676611018796, 124.47297272105], [-76.470371730016, -87.678088468038, 124.43684109483], [-77.269554025743, -87.67956591728, 124.40070946862], [-78.068736321471, -87.681043366522, 124.3645778424], [-78.867918617198, -87.682520815765, 124.32844621619], [-79.667100912926, -87.683998265007, 124.29231458997], [-80.466283208653, -87.685475714249, 124.25618296376], [-81.265465504381, -87.686953163492, 124.22005133754], [-82.064647800108, -87.688430612734, 124.18391971133], [-82.863830095836, -87.689908061976, 124.14778808511], [-83.663012391563, -87.691385511218, 124.1116564589], [-84.462194687291, -87.692862960461, 124.07552483268], [-85.261376983018, -87.694340409703, 124.03939320647], [-86.060559278746, -87.695817858945, 124.00326158025], [-86.859741574473, -87.697295308188, 123.96712995404], [-87.658923870201, -87.69877275743, 123.93099832782], [-88.458106165928, -87.700250206672, 123.89486670161], [-89.257288461656, -87.701727655915, 123.85873507539], [-90.056470757383, -87.703205105157, 123.82260344918], [-90.855653053111, -87.704682554399, 123.78647182296], [-91.654835348838, -87.706160003641, 123.75034019675], [-92.454017644566, -87.707637452884, 123.71420857053], [-93.253199940293, -87.709114902126, 123.67807694432], [-94.052382236021, -87.710592351368, 123.6419453181], [-94.851564531748, -87.712069800611, 123.60581369189], [-95.650746827476, -87.713547249853, 123.56968206567], [-96.449929123203, -87.715024699095, 123.53355043946], [-97.249111418931, -87.716502148338, 123.49741881324], [-98.048293714658, -87.71797959758, 123.46128718703], [-98.847476010386, -87.719457046822, 123.42515556081], [-99.646658306113, -87.720934496064, 123.3890239346], [-100.44584060184, -87.722411945307, 123.35289230838], [-101.24502289757, -87.723889394549, 123.31676068217], [-102.0442051933, -87.725366843791, 123.28062905595], [-102.84338748902, -87.726844293034, 123.24449742974], [-103.64256978475, -87.728321742276, 123.20836580352], [-104.44175208048, -87.729799191518, 123.17223417731], [-105.24093437621, -87.731276640761, 123.13610255109], [-106.04011667193, -87.732754090003, 123.09997092488], [-106.83929896766, -87.734231539245, 123.06383929866]], "InstanceCreationTime": ["171246.984000", "171246.953000", "171246.953000", "171246.953000", "171246.953000", "171246.953000", "171246.937000", "171246.937000", "171246.937000", "171246.921000", "171246.921000", "171246.921000", "171246.921000", "171246.921000", "171246.921000", "171246.921000", "171246.921000", "171246.921000", "171246.906000", "171246.906000", "171246.890000", "171246.875000", "171246.875000", "171246.875000", "171246.875000", "171246.875000", "171246.875000", "171246.875000", "171246.875000", "171246.859000", "171246.859000", "171246.859000", "171246.859000", "171246.859000", "171246.859000", "171246.843000", "171246.843000", "171246.843000", "171246.843000", "171246.843000", "171246.843000", "171246.843000", "171246.843000", "171246.828000", "171246.828000", "171246.828000", "171246.828000", "171246.828000", "171246.828000", "171246.828000", "171246.828000", "171246.828000", "171246.812000", "171246.812000", "171246.812000", "171246.812000", "171245.609000", "171245.609000", "171245.609000", "171245.609000", "171245.609000", "171245.609000", "171245.593000", "171245.593000", "171245.593000", "171245.593000", "171245.593000", "171245.578000", "171245.578000", "171245.578000", "171245.578000", "171245.578000", "171245.578000", "171245.562000", "171245.562000", "171245.562000", "171245.562000", "171245.562000", "171245.562000", "171245.546000", "171245.546000", "171245.546000", "171245.546000", "171245.546000", "171245.546000", "171245.546000", "171245.546000", "171245.531000", "171245.531000", "171245.531000", "171245.531000", "171245.531000", "171245.531000", "171245.531000", "171245.515000", "171245.515000", "171245.515000", "171245.515000", "171245.515000", "171245.515000", "171245.515000", "171245.515000", "171245.515000", "171245.500000", "171245.500000", "171245.500000", "171245.500000", "171245.500000", "171245.500000", "171245.500000", "171245.500000", "171245.484000", "171245.484000", "171245.484000", "171245.484000", "171245.484000", "171245.484000", "171245.468000", "171245.468000", "171245.468000", "171245.468000", "171245.468000", "171245.468000", "171245.468000", "171245.468000", "171245.453000", "171245.453000", "171245.453000", "171245.453000", "171245.453000", "171245.453000", "171245.453000", "171245.453000", "171245.437000", "171245.437000", "171245.437000", "171245.437000", "171245.437000", "171245.437000", "171245.437000", "171245.437000", "171245.437000", "171245.421000", "171245.421000", "171245.421000", "171245.421000", "171245.406000", "171245.406000", "171245.390000", "171245.390000", "171245.390000", "171245.390000", "171245.390000", "171245.375000", "171245.359000", "171245.359000", "171245.359000", "171245.359000", "171245.359000", "171245.359000", "171245.343000", "171245.343000", "171245.343000", "171245.343000", "171245.343000", "171245.343000", "171245.343000", "171245.343000", "171245.328000", "171245.328000", "171245.328000", "171245.328000", "171245.328000", "171245.328000", "171245.328000", "171245.328000", "171245.328000", "171245.312000", "171245.312000", "171245.312000", "171245.312000", "171245.312000", "171245.312000", "171245.312000", "171245.312000", "171245.312000", "171245.296000", "171245.296000", "171245.296000", "171245.296000", "171245.296000", "171245.296000", "171245.296000", "171245.281000", "171245.281000", "171245.281000", "171245.281000", "171245.281000", "171245.281000", "171245.281000", "171245.265000", "171245.265000", "171245.265000", "171245.265000", "171245.265000", "171245.265000", "171245.265000", "171245.250000", "171245.250000", "171245.250000", "171245.250000", "171245.250000", "171245.250000", "171245.250000", "171245.250000", "171245.234000", "171245.234000", "171245.234000", "171245.234000", "171245.234000", "171245.234000", "171245.218000", "171245.218000", "171245.218000", "171245.218000", "171245.218000", "171245.218000", "171245.218000", "171245.218000", "171245.203000", "171245.203000", "171245.203000", "171245.203000", "171245.203000", "171245.203000", "171245.203000", "171245.203000", "171245.187000", "171245.187000", "171245.187000", "171245.187000", "171245.187000", "171245.187000", "171245.187000", "171245.187000", "171245.187000", "171245.171000", "171245.171000", "171245.171000", "171245.171000", "171245.171000", "171245.171000", "171245.171000", "171245.171000", "171245.156000", "171245.156000"], "InstanceNumber": [256, 255, 254, 253, 252, 251, 250, 249, 248, 247, 246, 245, 244, 243, 242, 241, 240, 239, 238, 237, 236, 235, 234, 233, 232, 231, 230, 229, 228, 227, 226, 225, 224, 223, 222, 221, 220, 219, 218, 217, 216, 215, 214, 213, 212, 211, 210, 209, 208, 207, 206, 205, 204, 203, 202, 201, 200, 199, 198, 197, 196, 195, 194, 193, 192, 191, 190, 189, 188, 187, 186, 185, 184, 183, 182, 181, 180, 179, 178, 177, 176, 175, 174, 173, 172, 171, 170, 169, 168, 167, 166, 165, 164, 163, 162, 161, 160, 159, 158, 157, 156, 155, 154, 153, 152, 151, 150, 149, 148, 147, 146, 145, 144, 143, 142, 141, 140, 139, 138, 137, 136, 135, 134, 133, 132, 131, 130, 129, 128, 127, 126, 125, 124, 123, 122, 121, 120, 119, 118, 117, 116, 115, 114, 113, 112, 111, 110, 109, 108, 107, 106, 105, 104, 103, 102, 101, 100, 99, 98, 97, 96, 95, 94, 93, 92, 91, 90, 89, 88, 87, 86, 85, 84, 83, 82, 81, 80, 79, 78, 77, 76, 75, 74, 73, 72, 71, 70, 69, 68, 67, 66, 65, 64, 63, 62, 61, 60, 59, 58, 57, 56, 55, 54, 53, 52, 51, 50, 49, 48, 47, 46, 45, 44, 43, 42, 41, 40, 39, 38, 37, 36, 35, 34, 33, 32, 31, 30, 29, 28, 27, 26, 25, 24, 23, 22, 21, 20, 19, 18, 17, 16, 15, 14, 13, 12, 11, 10, 9, 8, 7, 6, 5, 4, 3, 2, 1], "LargestImagePixelValue": [108, 86, 93, 103, 283, 370, 384, 401, 510, 450, 636, 646, 480, 397, 392, 671, 756, 445, 474, 568, 762, 1296, 1789, 1544, 1902, 1745, 1709, 1722, 1663, 1822, 1746, 1892, 1704, 1630, 1533, 1605, 1598, 1638, 1672, 1727, 1728, 1857, 1789, 1933, 1922, 1947, 1744, 1803, 2053, 1765, 1716, 1608, 1603, 1496, 1517, 1455, 1681, 1430, 1434, 1513, 1643, 1589, 1551, 1493, 1616, 1529, 1558, 1690, 1660, 1796, 1900, 1970, 2195, 2740, 3134, 2949, 2884, 3061, 3118, 2917, 3171, 3325, 3279, 3137, 3046, 3022, 3118, 3277, 3439, 3539, 3761, 3551, 3128, 3313, 3640, 3496, 3440, 3176, 2743, 2796, 2827, 2862, 2969, 2766, 2702, 2675, 2761, 2573, 2493, 2906, 2545, 2976, 3481, 3097, 3205, 3476, 2356, 1956, 1987, 1992, 1946, 2054, 2304, 2417, 2182, 2309, 2569, 2228, 2630, 2340, 2421, 2915, 2512, 2097, 2461, 2426, 2972, 2594, 2166, 2200, 2064, 1830, 2040, 1978, 2405, 1891, 1775, 1829, 1725, 1881, 2000, 1936, 1994, 1950, 2053, 1946, 2237, 2095, 1991, 2092, 2092, 2092, 2135, 2333, 2835, 2835, 2952, 2965, 3190, 3137, 3076, 3378, 3326, 3137, 3062, 3070, 2956, 2889, 2888, 2888, 2938, 3071, 3144, 2995, 2869, 2597, 2836, 2816, 2510, 2601, 2481, 2407, 2153, 1929, 1800, 2008, 1887, 1772, 1781, 1709, 1893, 1804, 1796, 1412, 1445, 1877, 2137, 2133, 2203, 2242, 1943, 1726, 1903, 1792, 1885, 1949, 2071, 2168, 1935, 1774, 1965, 2068, 1789, 1881, 1777, 1819, 2109, 2149, 2276, 2558, 2851, 2828, 2394, 1334, 1043, 753, 683, 489, 494, 568, 521, 433, 277, 248, 387, 457, 245, 199, 176, 297, 115, 116, 128, 127, 118, 112], "SliceLocation": [102.66600148146, 101.86600146954, 101.06600145762, 100.2660014457, 99.466001433779, 98.666001421858, 97.866001409937, 97.066001398016, 96.266001386095, 95.466001374174, 94.666001362253, 93.866001350332, 93.066001338411, 92.26600132649, 91.466001314569, 90.666001302648, 89.866001290728, 89.066001278807, 88.266001266886, 87.466001254965, 86.666001243044, 85.866001231123, 85.066001219202, 84.266001207281, 83.46600119536, 82.666001183439, 81.866001171518, 81.066001159597, 80.266001147676, 79.466001135755, 78.666001123834, 77.866001111914, 77.066001099993, 76.266001088072, 75.466001076151, 74.66600106423, 73.866001052309, 73.066001040388, 72.266001028467, 71.466001016546, 70.666001004625, 69.866000992704, 69.066000980783, 68.266000968862, 67.466000956941, 66.666000945021, 65.8660009331, 65.066000921179, 64.266000909258, 63.466000897337, 62.666000885416, 61.866000873495, 61.066000861574, 60.266000849653, 59.466000837732, 58.666000825811, 57.86600081389, 57.066000801969, 56.266000790048, 55.466000778128, 54.666000766207, 53.866000754286, 53.066000742365, 52.266000730444, 51.466000718523, 50.666000706602, 49.866000694681, 49.06600068276, 48.266000670839, 47.466000658918, 46.666000646997, 45.866000635076, 45.066000623155, 44.266000611235, 43.466000599314, 42.666000587393, 41.866000575472, 41.066000563551, 40.26600055163, 39.466000539709, 38.666000527788, 37.866000515867, 37.066000503946, 36.266000492025, 35.466000480104, 34.666000468183, 33.866000456262, 33.066000444342, 32.266000432421, 31.4660004205, 30.666000408579, 29.866000396658, 29.066000384737, 28.266000372816, 27.466000360895, 26.666000348974, 25.866000337053, 25.066000325132, 24.266000313211, 23.46600030129, 22.666000289369, 21.866000277449, 21.066000265528, 20.266000253607, 19.466000241686, 18.666000229765, 17.866000217844, 17.066000205923, 16.266000194002, 15.466000182081, 14.66600017016, 13.866000158239, 13.066000146318, 12.266000134397, 11.466000122476, 10.666000110556, 9.8660000986346, 9.0660000867137, 8.2660000747928, 7.4660000628718, 6.6660000509509, 5.86600003903, 5.066000027109, 4.2660000151881, 3.4660000032672, 2.6659999913462, 1.8659999794253, 1.0659999675044, 0.26599995558346, -0.5340000563375, -1.3340000682584, -2.1340000801793, -2.9340000921003, -3.7340001040212, -4.5340001159421, -5.334000127863, -6.134000139784, -6.9340001517049, -7.7340001636258, -8.5340001755468, -9.3340001874677, -10.134000199389, -10.93400021131, -11.73400022323, -12.534000235151, -13.334000247072, -14.134000258993, -14.934000270914, -15.734000282835, -16.534000294756, -17.334000306677, -18.134000318598, -18.934000330519, -19.73400034244, -20.534000354361, -21.334000366282, -22.134000378203, -22.934000390123, -23.734000402044, -24.534000413965, -25.334000425886, -26.134000437807, -26.934000449728, -27.734000461649, -28.53400047357, -29.334000485491, -30.134000497412, -30.934000509333, -31.734000521254, -32.534000533175, -33.334000545096, -34.134000557016, -34.934000568937, -35.734000580858, -36.534000592779, -37.3340006047, -38.134000616621, -38.934000628542, -39.734000640463, -40.534000652384, -41.334000664305, -42.134000676226, -42.934000688147, -43.734000700068, -44.534000711989, -45.334000723909, -46.13400073583, -46.934000747751, -47.734000759672, -48.534000771593, -49.334000783514, -50.134000795435, -50.934000807356, -51.734000819277, -52.534000831198, -53.334000843119, -54.13400085504, -54.934000866961, -55.734000878882, -56.534000890802, -57.334000902723, -58.134000914644, -58.934000926565, -59.734000938486, -60.534000950407, -61.334000962328, -62.134000974249, -62.93400098617, -63.734000998091, -64.534001010012, -65.334001021933, -66.134001033854, -66.934001045775, -67.734001057696, -68.534001069616, -69.334001081537, -70.134001093458, -70.934001105379, -71.7340011173, -72.534001129221, -73.334001141142, -74.134001153063, -74.934001164984, -75.734001176905, -76.534001188826, -77.334001200747, -78.134001212668, -78.934001224588, -79.734001236509, -80.53400124843, -81.334001260351, -82.134001272272, -82.934001284193, -83.734001296114, -84.534001308035, -85.334001319956, -86.134001331877, -86.934001343798, -87.734001355719, -88.53400136764, -89.334001379561, -90.134001391481, -90.934001403402, -91.734001415323, -92.534001427244, -93.334001439165, -94.134001451086, -94.934001463007, -95.734001474928, -96.534001486849, -97.33400149877, -98.134001510691, -98.934001522612, -99.734001534533, -100.53400154645, -101.33400155837], "WindowCenter": [45.0, 45.0, 46.0, 46.0, 53.0, 59.0, 60.0, 62.0, 69.0, 66.0, 77.0, 77.0, 69.0, 64.0, 66.0, 86.0, 91.0, 68.0, 72.0, 79.0, 98.0, 170.0, 345.0, 285.0, 415.0, 485.0, 535.0, 537.0, 521.0, 549.0, 571.0, 595.0, 616.0, 615.0, 621.0, 645.0, 660.0, 671.0, 680.0, 681.0, 682.0, 683.0, 683.0, 683.0, 685.0, 689.0, 690.0, 697.0, 708.0, 717.0, 729.0, 742.0, 753.0, 762.0, 771.0, 777.0, 785.0, 792.0, 800.0, 808.0, 818.0, 825.0, 834.0, 845.0, 856.0, 864.0, 871.0, 877.0, 882.0, 890.0, 897.0, 903.0, 910.0, 916.0, 922.0, 928.0, 935.0, 941.0, 951.0, 959.0, 967.0, 977.0, 986.0, 996.0, 1005.0, 1013.0, 1019.0, 1027.0, 1033.0, 1040.0, 1049.0, 1056.0, 1053.0, 1055.0, 1062.0, 1070.0, 1072.0, 1067.0, 1062.0, 1059.0, 1059.0, 1060.0, 1059.0, 1058.0, 1059.0, 1060.0, 1060.0, 1061.0, 1062.0, 1064.0, 1062.0, 1063.0, 1064.0, 1063.0, 1063.0, 1058.0, 1050.0, 1044.0, 1037.0, 1029.0, 1021.0, 1009.0, 999.0, 988.0, 975.0, 967.0, 959.0, 964.0, 978.0, 991.0, 1006.0, 1017.0, 1026.0, 1032.0, 1039.0, 1045.0, 1052.0, 1055.0, 1058.0, 1059.0, 1059.0, 1060.0, 1061.0, 1062.0, 1062.0, 1060.0, 1058.0, 1057.0, 1055.0, 1055.0, 1054.0, 1052.0, 1050.0, 1048.0, 1046.0, 1044.0, 1043.0, 1041.0, 1039.0, 1039.0, 1040.0, 1039.0, 1039.0, 1039.0, 1040.0, 1039.0, 1038.0, 1035.0, 1030.0, 1024.0, 1015.0, 1011.0, 1004.0, 990.0, 979.0, 971.0, 963.0, 955.0, 950.0, 944.0, 937.0, 929.0, 920.0, 911.0, 901.0, 890.0, 882.0, 873.0, 863.0, 855.0, 846.0, 838.0, 831.0, 824.0, 818.0, 812.0, 806.0, 800.0, 792.0, 783.0, 775.0, 763.0, 751.0, 731.0, 722.0, 714.0, 710.0, 707.0, 703.0, 699.0, 696.0, 694.0, 698.0, 704.0, 706.0, 700.0, 695.0, 688.0, 659.0, 633.0, 620.0, 611.0, 603.0, 592.0, 550.0, 554.0, 566.0, 568.0, 574.0, 575.0, 575.0, 551.0, 437.0, 144.0, 125.0, 102.0, 96.0, 80.0, 81.0, 85.0, 82.0, 75.0, 63.0, 61.0, 67.0, 71.0, 57.0, 55.0, 54.0, 58.0, 50.0, 50.0, 49.0, 49.0, 48.0, 47.0], "WindowWidth": [120.0, 120.0, 123.0, 124.0, 145.0, 162.0, 164.0, 173.0, 191.0, 186.0, 210.0, 211.0, 191.0, 175.0, 182.0, 234.0, 245.0, 189.0, 201.0, 219.0, 278.0, 421.0, 664.0, 595.0, 800.0, 944.0, 1079.0, 1087.0, 1052.0, 1132.0, 1207.0, 1285.0, 1357.0, 1340.0, 1352.0, 1420.0, 1457.0, 1477.0, 1489.0, 1483.0, 1481.0, 1480.0, 1476.0, 1471.0, 1472.0, 1477.0, 1477.0, 1485.0, 1506.0, 1522.0, 1544.0, 1565.0, 1581.0, 1593.0, 1603.0, 1609.0, 1620.0, 1627.0, 1636.0, 1645.0, 1656.0, 1661.0, 1673.0, 1688.0, 1707.0, 1720.0, 1733.0, 1743.0, 1748.0, 1759.0, 1766.0, 1772.0, 1781.0, 1792.0, 1802.0, 1807.0, 1819.0, 1826.0, 1839.0, 1851.0, 1861.0, 1875.0, 1887.0, 1902.0, 1918.0, 1930.0, 1942.0, 1956.0, 1967.0, 1971.0, 2003.0, 2026.0, 1991.0, 1999.0, 2027.0, 2060.0, 2073.0, 2043.0, 2003.0, 1978.0, 1971.0, 1969.0, 1967.0, 1956.0, 1952.0, 1944.0, 1935.0, 1931.0, 1922.0, 1921.0, 1904.0, 1907.0, 1908.0, 1912.0, 1930.0, 1924.0, 1905.0, 1898.0, 1899.0, 1898.0, 1893.0, 1883.0, 1879.0, 1881.0, 1862.0, 1842.0, 1826.0, 1819.0, 1836.0, 1857.0, 1884.0, 1908.0, 1921.0, 1932.0, 1942.0, 1945.0, 1952.0, 1949.0, 1938.0, 1928.0, 1921.0, 1919.0, 1918.0, 1910.0, 1891.0, 1868.0, 1866.0, 1864.0, 1860.0, 1878.0, 1889.0, 1898.0, 1911.0, 1922.0, 1924.0, 1922.0, 1926.0, 1927.0, 1928.0, 1933.0, 1939.0, 1941.0, 1947.0, 1965.0, 1985.0, 1993.0, 1994.0, 1984.0, 1973.0, 1963.0, 1940.0, 1945.0, 1930.0, 1884.0, 1857.0, 1844.0, 1836.0, 1828.0, 1825.0, 1821.0, 1816.0, 1805.0, 1794.0, 1786.0, 1775.0, 1756.0, 1741.0, 1728.0, 1710.0, 1697.0, 1684.0, 1673.0, 1661.0, 1649.0, 1644.0, 1637.0, 1627.0, 1620.0, 1608.0, 1595.0, 1584.0, 1566.0, 1548.0, 1517.0, 1509.0, 1503.0, 1505.0, 1504.0, 1503.0, 1497.0, 1492.0, 1490.0, 1500.0, 1520.0, 1535.0, 1528.0, 1521.0, 1511.0, 1441.0, 1380.0, 1355.0, 1335.0, 1321.0, 1281.0, 1143.0, 1146.0, 1183.0, 1192.0, 1221.0, 1233.0, 1266.0, 1107.0, 829.0, 394.0, 345.0, 282.0, 263.0, 218.0, 223.0, 234.0, 226.0, 203.0, 173.0, 166.0, 180.0, 190.0, 157.0, 150.0, 147.0, 156.0, 137.0, 135.0, 133.0, 132.0, 131.0, 128.0]}}}