{"AcquisitionMatrixPE": 96, "AcquisitionNumber": 1, "AcquisitionTime": "07:28:4.337500", "BaseResolution": 96, "BodyPartExamined": "BRAIN", "ConsistencyInfo": "N4_VD11D_LATEST_20110129", "ConversionSoftware": "dcm2niix", "ConversionSoftwareVersion": "v1.0.20210317", "DeviceSerialNumber": "45239", "DwellTime": 9.2e-06, "EchoNumber": 2, "EchoTime": 0.00738, "EchoTime1": 0.00492, "EchoTime2": 0.00738, "FlipAngle": 50, "ImageOrientationPatientDICOM": [0.998287, 0.0237557, 0.053473, 0.0104915, 0.826394, -0.562995], "ImageType": ["ORIGINAL", "PRIMARY", "P", "ND", "PHASE"], "ImagingFrequency": 123.193, "InPlanePhaseEncodingDirectionDICOM": "COL", "InstitutionAddress": "E 24th St. 100,Austin,Southmiddle,US,78712", "InstitutionName": "Univ of Texas at Austin", "InstitutionalDepartmentName": "IRC", "MRAcquisitionType": "2D", "MagneticFieldStrength": 3, "Manufacturer": "Siemens", "ManufacturersModelName": "Skyra", "Modality": "MR", "PartialFourier": 1, "PatientPosition": "HFS", "PercentPhaseFOV": 100, "PercentSampling": 100, "PhaseEncodingDirection": "j-", "PhaseEncodingSteps": 96, "PhaseResolution": 1, "PixelBandwidth": 565, "ProcedureStepDescription": "Poldrack2^self-scanning", "ProtocolName": "gre_field_mapping", "PulseSequenceDetails": "%SiemensSeq%\\gre_field_mapping", "ReceiveCoilActiveElements": "HEA;HEP", "ReceiveCoilName": "Head_32", "ReconMatrixPE": 96, "RepetitionTime": 0.731, "SAR": 0.106479, "ScanningSequence": "GR", "SequenceName": "*fm2d2r", "SequenceVariant": "SP", "SeriesDescription": "gre_field_mapping", "SeriesNumber": 11, "ShimSetting": [-2780, 8072, -15452, 171, -257, 144, 237, -118], "SliceThickness": 2, "SliceTiming": [0.36719, 0, 0.375, 0.01562, 0.39062, 0.02344, 0.39844, 0.03906, 0.41406, 0.04688, 0.42188, 0.05469, 0.4375, 0.07031, 0.44531, 0.07812, 0.45312, 0.08594, 0.46875, 0.10156, 0.47656, 0.10938, 0.48438, 0.125, 0.5, 0.13281, 0.50781, 0.14062, 0.51562, 0.15625, 0.53125, 0.16406, 0.53906, 0.17969, 0.55469, 0.1875, 0.5625, 0.19531, 0.57031, 0.21094, 0.58594, 0.21875, 0.59375, 0.22656, 0.60938, 0.24219, 0.61719, 0.25, 0.625, 0.25781, 0.64062, 0.27344, 0.64844, 0.28125, 0.65625, 0.29688, 0.67188, 0.30469, 0.67969, 0.3125, 0.6875, 0.32812, 0.70312, 0.33594, 0.71094, 0.34375, 0.72656, 0.35938], "SoftwareVersions": "syngo MR D11", "SpacingBetweenSlices": 2.4, "StationName": "AWP45239", "TxRefAmp": 330.321, "dcmmeta_affine": [[-2.391728401184082, 0.025135815143585205, 0.1381540298461914, 113.39425659179688], [-0.05691460147500038, 1.9799011945724487, -1.3502197265625, -58.37531661987305], [0.1281123012304306, 1.3488426208496094, 1.9793472290039062, -107.55220031738281], [0.0, 0.0, 0.0, 1.0]], "dcmmeta_reorient_transform": [[0.0, -1.0, 0.0, 95.0], [1.0, 0.0, 0.0, 0.0], [0.0, 0.0, -1.0, 67.0], [0.0, 0.0, 0.0, 1.0]], "dcmmeta_shape": [96, 96, 68], "dcmmeta_slice_dim": 2, "dcmmeta_version": 0.6, "global": {"const": {"AcquisitionMatrix": [96, 0, 0, 96], "AcquisitionNumber": 1, "AngioFlag": "N", "BitsAllocated": 16, "BitsStored": 12, "BodyPartExamined": "BRAIN", "Columns": 96, "EchoNumbers": 2, "EchoTime": 7.38, "EchoTrainLength": 0, "FlipAngle": 50.0, "HighBit": 11, "ImageOrientationPatient": [0.99828668774318, 0.02375565988187, 0.05347296231117, 0.01049147114678, 0.82639357599788, -0.5629951923264], "ImageType": ["ORIGINAL", "PRIMARY", "P", "ND"], "ImagedNucleus": "1H", "ImagingFrequency": 123.193366, "InPlanePhaseEncodingDirection": "COL", "MRAcquisitionType": "2D", "MagneticFieldStrength": 3.0, "Manufacturer": "SIEMENS", "ManufacturerModelName": "Skyra", "Modality": "MR", "NumberOfAverages": 1.0, "NumberOfPhaseEncodingSteps": 96, "PercentPhaseFieldOfView": 100.0, "PercentSampling": 100.0, "PerformedProcedureStepStartTime": "070459.281000", "PhotometricInterpretation": "MONOCHROME2", "PixelBandwidth": 565.0, "PixelRepresentation": 0, "PixelSpacing": [2.3958332538605, 2.3958332538605], "ProtocolName": "gre_field_mapping", "RepetitionTime": 731.0, "RescaleIntercept": -4096.0, "RescaleSlope": 2.0, "RescaleType": "US", "Rows": 96, "SAR": 0.10647932069389, "SamplesPerPixel": 1, "ScanningSequence": "GR", "SequenceName": "*fm2d2r", "SequenceVariant": "SP", "SeriesDescription": "gre_field_mapping", "SeriesNumber": 11, "SeriesTime": "073026.125000", "SliceThickness": 2.0, "SoftwareVersions": "syngo MR D11", "SpacingBetweenSlices": 2.4, "SpecificCharacterSet": "ISO_IR 100", "StudyID": "1", "StudyTime": "070459.250000", "TransmitCoilName": "Body", "VariableFlipAngleFlag": "N", "WindowCenterWidthExplanation": "Algo1", "dBdt": 0.0}, "slices": {"AcquisitionTime": ["072804.337500", "072803.972500", "072804.347500", "072803.982500", "072804.360000", "072803.992500", "072804.370000", "072804.005000", "072804.380000", "072804.015000", "072804.392500", "072804.025000", "072804.402500", "072804.037500", "072804.412500", "072804.047500", "072804.422500", "072804.057500", "072804.435000", "072804.070000", "072804.445000", "072804.080000", "072804.455000", "072804.090000", "072804.467500", "072804.100000", "072804.477500", "072804.112500", "072804.487500", "072804.122500", "072804.500000", "072804.132500", "072804.510000", "072804.145000", "072804.520000", "072804.155000", "072804.530000", "072804.165000", "072804.542500", "072804.177500", "072804.552500", "072804.187500", "072804.562500", "072804.197500", "072804.575000", "072804.207500", "072804.585000", "072804.220000", "072804.595000", "072804.230000", "072804.607500", "072804.240000", "072804.617500", "072804.252500", "072804.627500", "072804.262500", "072804.637500", "072804.272500", "072804.650000", "072804.285000", "072804.660000", "072804.295000", "072804.670000", "072804.305000", "072804.682500", "072804.315000", "072804.692500", "072804.327500"], "ContentTime": ["073026.187000", "073026.125000", "073026.203000", "073026.125000", "073026.203000", "073026.125000", "073026.203000", "073026.125000", "073026.203000", "073026.140000", "073026.203000", "073026.140000", "073026.203000", "073026.140000", "073026.203000", "073026.140000", "073026.203000", "073026.140000", "073026.218000", "073026.140000", "073026.218000", "073026.140000", "073026.218000", "073026.140000", "073026.218000", "073026.140000", "073026.218000", "073026.156000", "073026.218000", "073026.156000", "073026.218000", "073026.156000", "073026.218000", "073026.156000", "073026.234000", "073026.156000", "073026.234000", "073026.156000", "073026.234000", "073026.156000", "073026.234000", "073026.156000", "073026.234000", "073026.171000", "073026.234000", "073026.171000", "073026.250000", "073026.171000", "073026.250000", "073026.171000", "073026.250000", "073026.171000", "073026.250000", "073026.187000", "073026.250000", "073026.187000", "073026.250000", "073026.187000", "073026.250000", "073026.187000", "073026.265000", "073026.187000", "073026.265000", "073026.187000", "073026.265000", "073026.187000", "073026.265000", "073026.187000"], "CsaImage.GSWDDataType": ["measured", "predicted", "measured", "predicted", "measured", "predicted", "measured", "predicted", "measured", "predicted", "measured", "predicted", "measured", "predicted", "measured", "predicted", "measured", "predicted", "measured", "predicted", "measured", "predicted", "measured", "predicted", "measured", "predicted", "measured", "predicted", "measured", "predicted", "measured", "predicted", "measured", "predicted", "measured", "predicted", "measured", "predicted", "measured", "predicted", "measured", "predicted", "measured", "predicted", "measured", "predicted", "measured", "predicted", "measured", "predicted", "measured", "predicted", "measured", "predicted", "measured", "measured", "measured", "measured", "measured", "measured", "measured", "measured", "measured", "measured", "measured", "measured", "measured", "measured"], "CsaImage.ICE_Dims": ["X_2_1_1_1_1_1_35_1_1_1_1_148", "X_2_1_1_1_1_1_1_1_1_2_1_148", "X_2_1_1_1_1_1_36_1_1_3_1_148", "X_2_1_1_1_1_1_2_1_1_4_1_148", "X_2_1_1_1_1_1_37_1_1_5_1_148", "X_2_1_1_1_1_1_3_1_1_6_1_148", "X_2_1_1_1_1_1_38_1_1_7_1_148", "X_2_1_1_1_1_1_4_1_1_8_1_148", "X_2_1_1_1_1_1_39_1_1_9_1_148", "X_2_1_1_1_1_1_5_1_1_10_1_148", "X_2_1_1_1_1_1_40_1_1_11_1_148", "X_2_1_1_1_1_1_6_1_1_12_1_148", "X_2_1_1_1_1_1_41_1_1_13_1_148", "X_2_1_1_1_1_1_7_1_1_14_1_148", "X_2_1_1_1_1_1_42_1_1_15_1_148", "X_2_1_1_1_1_1_8_1_1_16_1_148", "X_2_1_1_1_1_1_43_1_1_17_1_148", "X_2_1_1_1_1_1_9_1_1_18_1_148", "X_2_1_1_1_1_1_44_1_1_19_1_148", "X_2_1_1_1_1_1_10_1_1_20_1_148", "X_2_1_1_1_1_1_45_1_1_21_1_148", "X_2_1_1_1_1_1_11_1_1_22_1_148", "X_2_1_1_1_1_1_46_1_1_23_1_148", "X_2_1_1_1_1_1_12_1_1_24_1_148", "X_2_1_1_1_1_1_47_1_1_25_1_148", "X_2_1_1_1_1_1_13_1_1_26_1_148", "X_2_1_1_1_1_1_48_1_1_27_1_148", "X_2_1_1_1_1_1_14_1_1_28_1_148", "X_2_1_1_1_1_1_49_1_1_29_1_148", "X_2_1_1_1_1_1_15_1_1_30_1_148", "X_2_1_1_1_1_1_50_1_1_31_1_148", "X_2_1_1_1_1_1_16_1_1_32_1_148", "X_2_1_1_1_1_1_51_1_1_33_1_148", "X_2_1_1_1_1_1_17_1_1_34_1_148", "X_2_1_1_1_1_1_52_1_1_35_1_148", "X_2_1_1_1_1_1_18_1_1_36_1_148", "X_2_1_1_1_1_1_53_1_1_37_1_148", "X_2_1_1_1_1_1_19_1_1_38_1_148", "X_2_1_1_1_1_1_54_1_1_39_1_148", "X_2_1_1_1_1_1_20_1_1_40_1_148", "X_2_1_1_1_1_1_55_1_1_41_1_148", "X_2_1_1_1_1_1_21_1_1_42_1_148", "X_2_1_1_1_1_1_56_1_1_43_1_148", "X_2_1_1_1_1_1_22_1_1_44_1_148", "X_2_1_1_1_1_1_57_1_1_45_1_148", "X_2_1_1_1_1_1_23_1_1_46_1_148", "X_2_1_1_1_1_1_58_1_1_47_1_148", "X_2_1_1_1_1_1_24_1_1_48_1_148", "X_2_1_1_1_1_1_59_1_1_49_1_148", "X_2_1_1_1_1_1_25_1_1_50_1_148", "X_2_1_1_1_1_1_60_1_1_51_1_148", "X_2_1_1_1_1_1_26_1_1_52_1_148", "X_2_1_1_1_1_1_61_1_1_53_1_148", "X_2_1_1_1_1_1_27_1_1_54_1_148", "X_2_1_1_1_1_1_62_1_1_55_1_148", "X_2_1_1_1_1_1_28_1_1_56_1_148", "X_2_1_1_1_1_1_63_1_1_57_1_148", "X_2_1_1_1_1_1_29_1_1_58_1_148", "X_2_1_1_1_1_1_64_1_1_59_1_148", "X_2_1_1_1_1_1_30_1_1_60_1_148", "X_2_1_1_1_1_1_65_1_1_61_1_148", "X_2_1_1_1_1_1_31_1_1_62_1_148", "X_2_1_1_1_1_1_66_1_1_63_1_148", "X_2_1_1_1_1_1_32_1_1_64_1_148", "X_2_1_1_1_1_1_67_1_1_65_1_148", "X_2_1_1_1_1_1_33_1_1_66_1_148", "X_2_1_1_1_1_1_68_1_1_67_1_148", "X_2_1_1_1_1_1_34_1_1_68_1_148"], "CsaImage.ProtocolSliceNumber": [0, 1, 2, 3, 4, 5, 6, 7, 8, 9, 10, 11, 12, 13, 14, 15, 16, 17, 18, 19, 20, 21, 22, 23, 24, 25, 26, 27, 28, 29, 30, 31, 32, 33, 34, 35, 36, 37, 38, 39, 40, 41, 42, 43, 44, 45, 46, 47, 48, 49, 50, 51, 52, 53, 54, 55, 56, 57, 58, 59, 60, 61, 62, 63, 64, 65, 66, 67], "CsaImage.RFSWDDataType": ["measured", "predicted", "measured", "predicted", "measured", "predicted", "measured", "predicted", "measured", "predicted", "measured", "predicted", "measured", "predicted", "measured", "predicted", "measured", "predicted", "measured", "predicted", "measured", "predicted", "measured", "predicted", "measured", "predicted", "measured", "predicted", "measured", "predicted", "measured", "predicted", "measured", "predicted", "measured", "predicted", "measured", "predicted", "measured", "predicted", "measured", "predicted", "measured", "predicted", "measured", "predicted", "measured", "predicted", "measured", "predicted", "measured", "predicted", "measured", "measured", "measured", "measured", "measured", "measured", "measured", "measured", "measured", "measured", "measured", "measured", "measured", "measured", "measured", "measured"], "CsaImage.SlicePosition_PCS": [[-115.78218049, -129.71530761, 20.58777607], [-115.92033416, -128.36508788, 22.56712329], [-116.05848782, -127.01486816, 24.54647052], [-116.19664149, -125.66464843, 26.52581775], [-116.33479516, -124.3144287, 28.50516689], [-116.4729488, -122.96420898, 30.48451603], [-116.61110248, -121.61398925, 32.46386516], [-116.74925615, -120.26376952, 34.44321239], [-116.88740982, -118.9135498, 36.42256153], [-117.02556349, -117.56333007, 38.40190876], [-117.16371716, -116.21311034, 40.38125789], [-117.30187084, -114.86289062, 42.36060512], [-117.44002451, -113.51266994, 44.33995426], [-117.57817818, -112.16245021, 46.31930244], [-117.71633185, -110.81223048, 48.29865062], [-117.85448541, -109.4620098, 50.27799976], [-117.99263908, -108.11179008, 52.25734747], [-118.13079275, -106.76157035, 54.23669612], [-118.26894654, -105.41135063, 56.21604431], [-118.4071001, -104.0611309, 58.19539267], [-118.54525389, -102.7109107, 60.17474103], [-118.68340744, -101.36069097, 62.15408933], [-118.82156123, -100.010471, 64.13343752], [-118.95971478, -98.66025116, 66.11278617], [-119.09786834, -97.31003125, 68.09213436], [-119.23602213, -95.95981135, 70.07148254], [-119.37417568, -94.60959138, 72.05083072], [-119.51232947, -93.25937166, 74.03017891], [-119.65048303, -91.90915193, 76.00952709], [-119.78863682, -90.55893173, 77.98887622], [-119.92679037, -89.208712, 79.96822345], [-120.06494392, -87.85849227, 81.94757259], [-120.20309795, -86.50827255, 83.92692173], [-120.34125151, -85.15805187, 85.90626896], [-120.47940506, -83.80783214, 87.88561809], [-120.61755861, -82.45761241, 89.86496532], [-120.75571264, -81.10739173, 91.84431446], [-120.8938662, -79.75717201, 93.82366169], [-121.03201975, -78.40695228, 95.80301273], [-121.1701733, -77.05673255, 97.78235996], [-121.30832685, -75.70651283, 99.76170719], [-121.44648088, -74.3562931, 101.74105442], [-121.58463444, -73.00607337, 103.72040546], [-121.72278799, -71.65585365, 105.69975269], [-121.86094154, -70.30563392, 107.67909992], [-121.99909557, -68.95541419, 109.65845096], [-122.13724913, -67.60519447, 111.63779819], [-122.27540268, -66.25497474, 113.61714542], [-122.41355623, -64.90475501, 115.59649265], [-122.55171026, -63.55453529, 117.57584369], [-122.68986381, -62.20431556, 119.55519092], [-122.82801737, -60.85409583, 121.53453815], [-122.96617092, -59.50387611, 123.51388538], [-123.10432495, -58.15365638, 125.49323261], [-123.2424785, -56.80343284, 127.47258747], [-123.38063206, -55.45321311, 129.4519347], [-123.51878561, -54.10299339, 131.43128193], [-123.65693916, -52.75277366, 133.41062915], [-123.79509319, -51.40255393, 135.38997638], [-123.93324675, -50.05233421, 137.36932361], [-124.07140078, -48.70211448, 139.34867084], [-124.20955385, -47.35189475, 141.3280257], [-124.34770788, -46.00167503, 143.30737293], [-124.48586096, -44.6514553, 145.28672016], [-124.62401499, -43.30123557, 147.26606739], [-124.76216902, -41.95101585, 149.24541462], [-124.90032209, -40.60079612, 151.22476184], [-125.03847612, -39.25057639, 153.20410907]], "CsaImage.TimeAfterStart": [1.0975, 0.7325, 1.11, 0.745, 1.12, 0.755, 1.13, 0.765, 1.1425, 0.775, 1.1525, 0.7875, 1.1625, 0.7975, 1.175, 0.8075, 1.185, 0.82, 1.195, 0.83, 1.205, 0.84, 1.2175, 0.8525, 1.2275, 0.8625, 1.2375, 0.8725, 1.25, 0.8825, 1.26, 0.895, 1.27, 0.905, 1.2825, 0.915, 1.2925, 0.9275, 1.3025, 0.9375, 1.3125, 0.9475, 1.325, 0.96, 1.335, 0.97, 1.345, 0.98, 1.3575, 0.99, 1.3675, 1.0025, 1.3775, 1.0125, 1.39, 1.0225, 1.4, 1.035, 1.41, 1.045, 1.42, 1.055, 1.4325, 1.0675, 1.4425, 1.0775, 1.4525, 1.0875], "ImagePositionPatient": [[-115.78218048708, -129.71530761053, 20.587776065694], [-115.9203341593, -128.36508788396, 22.567123294698], [-116.05848782407, -127.0148681574, 24.546470523702], [-116.19664148884, -125.66464843084, 26.525817752705], [-116.33479516106, -124.31442870428, 28.505166889058], [-116.47294880347, -122.96420897771, 30.484516025411], [-116.61110247569, -121.61398925115, 32.463865161763], [-116.74925614791, -120.26376952459, 34.443212390767], [-116.88740982013, -118.91354979803, 36.42256152712], [-117.02556349235, -117.56333007146, 38.401908756123], [-117.16371716456, -116.2131103449, 40.381257892476], [-117.30187083678, -114.86289061834, 42.36060512148], [-117.440024509, -113.5126699381, 44.339954257832], [-117.57817818122, -112.16245021154, 46.319302440511], [-117.71633185344, -110.81223048498, 48.298650623189], [-117.85448540645, -109.46200980474, 50.277999759541], [-117.99263907866, -108.11179007818, 52.257347465382], [-118.13079275088, -106.76157035161, 54.236696124898], [-118.26894654231, -105.41135062505, 56.216044307576], [-118.40710009532, -104.06113089849, 58.195392669068], [-118.54525388675, -102.71091069509, 60.17474103056], [-118.68340743976, -101.36069096853, 62.154089332448], [-118.82156123118, -100.01047100355, 64.133437515126], [-118.95971478419, -98.660251157775, 66.112786174641], [-119.0978683372, -97.310031252398, 68.09213435732], [-119.23602212863, -95.959811347022, 70.071482539998], [-119.37417568164, -94.609591382041, 72.050830722676], [-119.51232947307, -93.259371655478, 74.030178905354], [-119.65048302608, -91.909151928916, 76.009527088033], [-119.7886368175, -90.558931725516, 77.988876224385], [-119.92679037051, -89.208711998954, 79.968223453389], [-120.06494392352, -87.858492272391, 81.947572589742], [-120.20309795337, -86.508272545829, 83.926921726094], [-120.34125150638, -85.158051865592, 85.906268955098], [-120.47940505939, -83.807832139029, 87.885618091451], [-120.61755861239, -82.457612412467, 89.864965320454], [-120.75571264224, -81.10739173223, 91.844314456807], [-120.89386619525, -79.757172005668, 93.823661685811], [-121.03201974826, -78.406952279105, 95.803012729512], [-121.17017330127, -77.056732552543, 97.782359958516], [-121.30832685428, -75.70651282598, 99.76170718752], [-121.44648088412, -74.356293099418, 101.74105441652], [-121.58463443713, -73.006073372855, 103.72040546022], [-121.72278799014, -71.655853646293, 105.69975268923], [-121.86094154315, -70.30563391973, 107.67909991823], [-121.999095573, -68.955414193168, 109.65845096193], [-122.13724912601, -67.605194466605, 111.63779819094], [-122.27540267901, -66.254974740043, 113.61714541994], [-122.41355623202, -64.90475501348, 115.59649264895], [-122.55171026187, -63.554535286918, 117.57584369265], [-122.68986381488, -62.204315560355, 119.55519092165], [-122.82801736789, -60.854095833793, 121.53453815065], [-122.9661709209, -59.50387610723, 123.51388537966], [-123.10432495074, -58.153656380668, 125.49323260866], [-123.24247850375, -56.803432839408, 127.47258746706], [-123.38063205676, -55.453213112845, 129.45193469606], [-123.51878560977, -54.102993386283, 131.43128192507], [-123.65693916278, -52.75277365972, 133.41062915407], [-123.79509319262, -51.402553933158, 135.38997638308], [-123.93324674563, -50.052334206595, 137.36932361208], [-124.07140077548, -48.702114480033, 139.34867084108], [-124.20955385165, -47.35189475347, 141.32802569948], [-124.3477078815, -46.001675026908, 143.30737292849], [-124.48586095767, -44.651455300345, 145.28672015749], [-124.62401498752, -43.301235573783, 147.26606738649], [-124.76216901736, -41.95101584722, 149.2454146155], [-124.90032209353, -40.600796120658, 151.2247618445], [-125.03847612338, -39.250576394095, 153.20410907351]], "InstanceCreationTime": ["073026.187000", "073026.125000", "073026.203000", "073026.125000", "073026.203000", "073026.125000", "073026.203000", "073026.125000", "073026.203000", "073026.140000", "073026.203000", "073026.140000", "073026.203000", "073026.140000", "073026.203000", "073026.140000", "073026.203000", "073026.140000", "073026.218000", "073026.140000", "073026.218000", "073026.140000", "073026.218000", "073026.140000", "073026.218000", "073026.140000", "073026.218000", "073026.156000", "073026.218000", "073026.156000", "073026.218000", "073026.156000", "073026.218000", "073026.156000", "073026.234000", "073026.156000", "073026.234000", "073026.156000", "073026.234000", "073026.156000", "073026.234000", "073026.156000", "073026.234000", "073026.171000", "073026.234000", "073026.171000", "073026.250000", "073026.171000", "073026.250000", "073026.171000", "073026.250000", "073026.171000", "073026.250000", "073026.187000", "073026.250000", "073026.187000", "073026.250000", "073026.187000", "073026.250000", "073026.187000", "073026.265000", "073026.187000", "073026.265000", "073026.187000", "073026.265000", "073026.187000", "073026.265000", "073026.187000"], "InstanceNumber": [1, 2, 3, 4, 5, 6, 7, 8, 9, 10, 11, 12, 13, 14, 15, 16, 17, 18, 19, 20, 21, 22, 23, 24, 25, 26, 27, 28, 29, 30, 31, 32, 33, 34, 35, 36, 37, 38, 39, 40, 41, 42, 43, 44, 45, 46, 47, 48, 49, 50, 51, 52, 53, 54, 55, 56, 57, 58, 59, 60, 61, 62, 63, 64, 65, 66, 67, 68], "LargestImagePixelValue": [4094, 4093, 4094, 4094, 4094, 4094, 4094, 4094, 4094, 4094, 4094, 4094, 4094, 4094, 4094, 4094, 4094, 4093, 4093, 4093, 4094, 4094, 4093, 4094, 4092, 4092, 4094, 4094, 4094, 4093, 4094, 4090, 4094, 4094, 4093, 4088, 4092, 4090, 4094, 4091, 4091, 4090, 4094, 4093, 4094, 4090, 4094, 4092, 4094, 4094, 4094, 4092, 4091, 4094, 4094, 4094, 4093, 4092, 4094, 4093, 4094, 4093, 4094, 4094, 4094, 4094, 4094, 4093], "SliceLocation": [-49.332529894467, -46.932530894444, -44.53253189485, -42.132532895256, -39.732532322189, -37.332531750836, -34.932531177769, -32.532532177746, -30.132531604678, -27.732532604655, -25.332532031588, -22.932533031565, -20.532531921968, -18.132532135423, -15.732532348877, -13.332531246143, -10.932531852858, -8.5325316730519, -6.1325318796445, -3.7325319524884, -1.3325317433434, 1.067468134655, 3.4674680621948, 5.8674683022053, 8.2674681824876, 10.667468076494, 13.06746799031, 15.467467783717, 17.8674675634, 20.267468411595, 22.667467404756, 25.067467970961, 27.467468564615, 29.867468094305, 32.267468660511, 34.667467653671, 37.067468783855, 39.467467777016, 41.867469916266, 44.267468909427, 46.667467902587, 49.067466923197, 51.467469062447, 53.867468055608, 56.267467048769, 58.667469215467, 61.067468208628, 63.467467201789, 65.86746619495, 68.267468361649, 70.667467354809, 73.06746634797, 75.467465341131, 77.86746436174, 80.267471793197, 82.667470786358, 85.067469779518, 87.467468772679, 89.867467793289, 92.267466786449, 94.667465807059, 97.06747106495, 99.467470085559, 101.86746905127, 104.26746807188, 106.66746709249, 109.0674660582, 111.46746507881], "SmallestImagePixelValue": [0, 0, 0, 0, 2, 0, 0, 0, 0, 0, 0, 1, 0, 0, 0, 3, 0, 0, 1, 6, 2, 0, 2, 2, 2, 0, 0, 1, 1, 7, 0, 1, 2, 4, 0, 0, 0, 2, 1, 0, 0, 0, 3, 0, 1, 0, 0, 8, 1, 1, 2, 0, 0, 0, 0, 0, 1, 0, 0, 4, 2, 0, 0, 0, 0, 0, 0, 0], "WindowCenter": [-352.0, -280.0, -270.0, -246.0, -280.0, -246.0, -308.0, -554.0, -562.0, -450.0, -502.0, -452.0, -500.0, -540.0, -588.0, -574.0, -562.0, -576.0, -544.0, -526.0, -510.0, -488.0, -434.0, -424.0, -430.0, -408.0, -368.0, -336.0, -332.0, -280.0, -252.0, -262.0, -268.0, -230.0, -244.0, -210.0, -206.0, -198.0, -220.0, -190.0, -162.0, -128.0, -118.0, -138.0, -148.0, -164.0, -178.0, -174.0, -164.0, -208.0, -198.0, -194.0, -184.0, -192.0, -200.0, -222.0, -258.0, -292.0, -296.0, -326.0, -344.0, -352.0, -380.0, -380.0, -412.0, -454.0, -468.0, -426.0], "WindowWidth": [5156.0, 6000.0, 5912.0, 6050.0, 6142.0, 6132.0, 6060.0, 5042.0, 5028.0, 5016.0, 4958.0, 4950.0, 4904.0, 4838.0, 4818.0, 4754.0, 4700.0, 4700.0, 4664.0, 4606.0, 4558.0, 4504.0, 4434.0, 4390.0, 4270.0, 4252.0, 4252.0, 4142.0, 4058.0, 4030.0, 3978.0, 3984.0, 3946.0, 3956.0, 3978.0, 4030.0, 4008.0, 4056.0, 4122.0, 4130.0, 4150.0, 4188.0, 4180.0, 4224.0, 4216.0, 4218.0, 4226.0, 4194.0, 4222.0, 4220.0, 4212.0, 4230.0, 4274.0, 4272.0, 4260.0, 4290.0, 4322.0, 4346.0, 4328.0, 4348.0, 4394.0, 4452.0, 4518.0, 4548.0, 4676.0, 4746.0, 4820.0, 4906.0]}}}