{"AcquisitionMatrixPE": 96, "AcquisitionNumber": 1, "AcquisitionTime": "07:15:41.090000", "BandwidthPerPixelPhaseEncode": 33.602, "BaseResolution": 96, "BodyPartExamined": "BRAIN", "ConsistencyInfo": "N4_VD11D_LATEST_20110129", "ConversionSoftware": "dcm2niix", "ConversionSoftwareVersion": "v1.0.20210317", "DerivedVendorReportedEchoSpacing": 0.000620003, "DeviceSerialNumber": "45239", "DwellTime": 2.6e-06, "EchoTime": 0.036, "EchoTrainLength": 48, "EffectiveEchoSpacing": 0.000310001, "FlipAngle": 90, "ImageOrientationPatientDICOM": [0.998287, 0.0237863, 0.0534521, 0.0104545, 0.826393, -0.562997], "ImageType": ["ORIGINAL", "PRIMARY", "M", "ND", "NORM", "MOSAIC"], "ImagingFrequency": 123.193, "InPlanePhaseEncodingDirectionDICOM": "COL", "InstitutionAddress": "E 24th St. 100,Austin,Southmiddle,US,78712", "InstitutionName": "Univ of Texas at Austin", "InstitutionalDepartmentName": "IRC", "MRAcquisitionType": "2D", "MagneticFieldStrength": 3, "Manufacturer": "Siemens", "ManufacturersModelName": "Skyra", "Modality": "MR", "ParallelReductionFactorInPlane": 2, "PartialFourier": 1, "PatientPosition": "HFS", "PercentPhaseFOV": 100, "PercentSampling": 100, "PhaseEncodingDirection": "j", "PhaseEncodingSteps": 96, "PhaseResolution": 1, "PixelBandwidth": 2005, "ProcedureStepDescription": "Poldrack2^self-scanning", "ProtocolName": "MB-SE_FieldMap_P-A", "PulseSequenceDetails": "%CustomerSeq%\\cmrr_mbep2d_se", "ReceiveCoilActiveElements": "HEA;HEP", "ReceiveCoilName": "Head_32", "ReconMatrixPE": 96, "RefLinesPE": 48, "RepetitionTime": 4.55, "SAR": 0.332962, "ScanOptions": "FS", "ScanningSequence": "EP", "SequenceName": "epse2d1_96", "SequenceVariant": "SK", "SeriesDescription": "MB-SE_FieldMap_P-A", "SeriesNumber": 7, "ShimSetting": [-2775, 7856, -15356, 335, -269, -644, 577, -123], "SliceThickness": 2, "SliceTiming": [2.275, 0, 2.3425, 0.0675, 2.41, 0.135, 2.4775, 0.2025, 2.5425, 0.27, 2.61, 0.335, 2.6775, 0.4025, 2.745, 0.47, 2.81, 0.5375, 2.8775, 0.6025, 2.945, 0.67, 3.0125, 0.7375, 3.0775, 0.805, 3.145, 0.87, 3.2125, 0.9375, 3.28, 1.005, 3.345, 1.0725, 3.4125, 1.1375, 3.48, 1.205, 3.5475, 1.2725, 3.615, 1.34, 3.68, 1.405, 3.7475, 1.4725, 3.815, 1.54, 3.8825, 1.6075, 3.9475, 1.6725, 4.015, 1.74, 4.0825, 1.8075, 4.15, 1.875, 4.215, 1.9425, 4.2825, 2.0075, 4.35, 2.075, 4.4175, 2.1425, 4.4825, 2.21], "SoftwareVersions": "syngo MR D11", "SpacingBetweenSlices": 2.4, "StationName": "AWP45239", "TotalReadoutTime": 0.0294501, "TxRefAmp": 330.321, "WipMemBlock": "2f3edef1-4cf5-44bf-830d-0fcd0f073809||Sequence: VD11D r196; Dec  8 2012 22:11:06 by IDEA", "dcmmeta_affine": [[-2.3917293548583984, 0.02504715509712696, 0.13815364241600037, 113.39849090576172], [-0.05698797479271889, 1.9798990488052368, -1.3502198457717896, -58.37168502807617], [0.12806226313114166, 1.3488473892211914, 1.9793483018875122, -107.55009460449219], [0.0, 0.0, 0.0, 1.0]], "dcmmeta_reorient_transform": [[0.0, -1.0, 0.0, 95.0], [1.0, 0.0, 0.0, 0.0], [0.0, 0.0, 1.0, 0.0], [0.0, 0.0, 0.0, 1.0]], "dcmmeta_shape": [96, 96, 68, 5], "dcmmeta_slice_dim": 2, "dcmmeta_version": 0.6, "global": {"const": {"AcquisitionMatrix": [96, 0, 0, 96], "AngioFlag": "N", "BitsAllocated": 16, "BitsStored": 16, "BodyPartExamined": "BRAIN", "Columns": 864, "ContentTime": "071602.343000", "EchoNumbers": 1, "EchoTime": 36.0, "EchoTrainLength": 48, "FlipAngle": 90.0, "HighBit": 15, "ImageOrientationPatient": [0.99828707688159, 0.02378628560686, 0.05345207898897, 0.01045446499655, 0.82639268953348, -0.5629971819177], "ImagePositionPatient": [-1043.8201572744, -911.88335880909, 489.37188559499], "ImageType": ["ORIGINAL", "PRIMARY", "M", "ND", "NORM", "MOSAIC"], "ImagedNucleus": "1H", "ImagingFrequency": 123.193358, "InPlanePhaseEncodingDirection": "COL", "InstanceCreationTime": "071602.343000", "MRAcquisitionType": "2D", "MagneticFieldStrength": 3.0, "Manufacturer": "SIEMENS", "ManufacturerModelName": "Skyra", "Modality": "MR", "NumberOfAverages": 1.0, "NumberOfPhaseEncodingSteps": 96, "PercentPhaseFieldOfView": 100.0, "PercentSampling": 100.0, "PerformedProcedureStepStartTime": "070459.281000", "PhotometricInterpretation": "MONOCHROME2", "PixelBandwidth": 2005.0, "PixelRepresentation": 0, "PixelSpacing": [2.3958332538605, 2.3958332538605], "ProtocolName": "MB-SE_FieldMap_P-A", "RepetitionTime": 4550.0, "Rows": 864, "SAR": 0.33296179415759, "SamplesPerPixel": 1, "ScanOptions": "FS", "ScanningSequence": "EP", "SequenceName": "epse2d1_96", "SequenceVariant": "SK", "SeriesDescription": "MB-SE_FieldMap_P-A", "SeriesNumber": 7, "SeriesTime": "071602.328000", "SliceLocation": -49.332529981564, "SliceThickness": 2.0, "SmallestImagePixelValue": 0, "SoftwareVersions": "syngo MR D11", "SpacingBetweenSlices": 2.3999999249743, "SpecificCharacterSet": "ISO_IR 100", "StudyID": "1", "StudyTime": "070459.250000", "TransmitCoilName": "Body", "VariableFlipAngleFlag": "N", "WindowCenterWidthExplanation": "Algo1", "dBdt": 0.0}, "slices": {}}, "time": {"samples": {"AcquisitionNumber": [1, 2, 3, 4, 5], "AcquisitionTime": ["071541.090000", "071545.640000", "071550.190000", "071554.740000", "071559.290000"], "InstanceNumber": [1, 2, 3, 4, 5], "LargestImagePixelValue": [51274, 51380, 51685, 51780, 51353], "WindowCenter": [7646.0, 7657.0, 7662.0, 7664.0, 7667.0], "WindowWidth": [16277.0, 16310.0, 16320.0, 16324.0, 16328.0]}, "slices": {}}}