{"AcquisitionMatrixPE": 96, "AcquisitionNumber": 1, "AcquisitionTime": "07:36:48.847500", "BaseResolution": 96, "BodyPartExamined": "BRAIN", "ConsistencyInfo": "N4_VD11D_LATEST_20110129", "ConversionSoftware": "dcm2niix", "ConversionSoftwareVersion": "v1.0.20210317", "DeviceSerialNumber": "45239", "DwellTime": 9.2e-06, "EchoNumber": 1, "EchoTime": 0.00492, "FlipAngle": 50, "ImageOrientationPatientDICOM": [0.999991, -0.00384284, 0.00198343, 0.00432451, 0.888609, -0.458645], "ImageType": ["ORIGINAL", "PRIMARY", "M", "ND", "NORM"], "ImagingFrequency": 123.193, "InPlanePhaseEncodingDirectionDICOM": "COL", "InstitutionAddress": "E 24th St. 100,Austin,Southmiddle,US,78712", "InstitutionName": "Univ of Texas at Austin", "InstitutionalDepartmentName": "IRC", "MRAcquisitionType": "2D", "MagneticFieldStrength": 3, "Manufacturer": "Siemens", "ManufacturersModelName": "Skyra", "Modality": "MR", "PartialFourier": 1, "PatientPosition": "HFS", "PercentPhaseFOV": 100, "PercentSampling": 100, "PhaseEncodingDirection": "j-", "PhaseEncodingSteps": 96, "PhaseResolution": 1, "PixelBandwidth": 565, "ProcedureStepDescription": "Poldrack2^self-scanning", "ProtocolName": "gre_field_mapping", "PulseSequenceDetails": "%SiemensSeq%\\gre_field_mapping", "ReceiveCoilActiveElements": "HEA;HEP", "ReceiveCoilName": "Head_32", "ReconMatrixPE": 96, "RepetitionTime": 0.731, "SAR": 0.104432, "ScanningSequence": "GR", "SequenceName": "*fm2d2r", "SequenceVariant": "SP", "SeriesDescription": "gre_field_mapping", "SeriesNumber": 10, "ShimSetting": [-2801, 8049, -15448, 206, -317, 172, 256, -70], "SliceThickness": 2, "SliceTiming": [0.36719, 0, 0.38281, 0.01562, 0.39062, 0.02344, 0.40625, 0.03906, 0.41406, 0.04688, 0.42188, 0.05469, 0.42969, 0.07031, 0.44531, 0.07812, 0.45312, 0.09375, 0.46875, 0.10156, 0.47656, 0.10938, 0.49219, 0.125, 0.5, 0.13281, 0.50781, 0.14062, 0.52344, 0.15625, 0.53125, 0.16406, 0.53906, 0.17969, 0.55469, 0.1875, 0.5625, 0.19531, 0.57031, 0.21094, 0.58594, 0.21875, 0.59375, 0.23438, 0.60938, 0.24219, 0.61719, 0.25, 0.625, 0.26562, 0.64062, 0.27344, 0.64844, 0.28125, 0.66406, 0.29688, 0.67188, 0.30469, 0.67969, 0.3125, 0.69531, 0.32812, 0.70312, 0.33594, 0.71094, 0.35156, 0.72656, 0.35938], "SoftwareVersions": "syngo MR D11", "SpacingBetweenSlices": 2.4, "StationName": "AWP45239", "TxRefAmp": 327.411}