{"AcquisitionMatrixPE": 96, "AcquisitionNumber": 1, "AcquisitionTime": "07:39:56.535000", "BandwidthPerPixelPhaseEncode": 33.602, "BaseResolution": 96, "BodyPartExamined": "BRAIN", "ConsistencyInfo": "N4_VD11D_LATEST_20110129", "ConversionSoftware": "dcm2niix", "ConversionSoftwareVersion": "v1.0.20210317", "DerivedVendorReportedEchoSpacing": 0.000620003, "DeviceSerialNumber": "45239", "DwellTime": 2.6e-06, "EchoTime": 0.03, "EchoTrainLength": 48, "EffectiveEchoSpacing": 0.000310001, "FlipAngle": 63, "ImageComments": "Unaliased MB4/PE3", "ImageOrientationPatientDICOM": [0.999897, 0.0126707, -0.00670879, -0.0143372, 0.883675, -0.467882], "ImageType": ["ORIGINAL", "PRIMARY", "M", "ND", "NORM", "MOSAIC"], "ImagingFrequency": 123.193, "InPlanePhaseEncodingDirectionDICOM": "COL", "InstitutionAddress": "E 24th St. 100,Austin,Southmiddle,US,78712", "InstitutionName": "Univ of Texas at Austin", "InstitutionalDepartmentName": "IRC", "MRAcquisitionType": "2D", "MagneticFieldStrength": 3, "Manufacturer": "Siemens", "ManufacturersModelName": "Skyra", "Modality": "MR", "MultibandAccelerationFactor": 4, "ParallelReductionFactorInPlane": 2, "PartialFourier": 1, "PatientPosition": "HFS", "PercentPhaseFOV": 100, "PercentSampling": 100, "PhaseEncodingDirection": "j-", "PhaseEncodingSteps": 96, "PhaseResolution": 1, "PixelBandwidth": 2005, "ProcedureStepDescription": "Poldrack2^self-scanning", "ProtocolName": "Resting State fMRI MBEPI_matrix96_BW2004", "PulseSequenceDetails": "%CustomerSeq%\\cmrr_mbep2d_bold", "ReceiveCoilActiveElements": "HEA;HEP", "ReceiveCoilName": "Head_32", "ReconMatrixPE": 96, "RefLinesPE": 94, "RepetitionTime": 1.16, "SAR": 0.0939964, "ScanOptions": "FS", "ScanningSequence": "EP", "SequenceName": "epfid2d1_96", "SequenceVariant": "SK", "SeriesDescription": "Resting State fMRI MBEPI_matrix96_BW2004", "SeriesNumber": 6, "ShimSetting": [-2767, 8066, -15434, 162, -136, 165, 240, -88], "SliceThickness": 2, "SliceTiming": [0, 0.5, 0.9975, 0.3575, 0.855, 0.215, 0.7125, 0.0725, 0.57, 1.07, 0.4275, 0.9275, 0.285, 0.785, 0.1425, 0.6425, 0, 0.5, 0.9975, 0.3575, 0.855, 0.215, 0.7125, 0.0725, 0.57, 1.07, 0.4275, 0.9275, 0.285, 0.785, 0.1425, 0.6425, 0, 0.5, 0.9975, 0.3575, 0.855, 0.215, 0.7125, 0.0725, 0.57, 1.07, 0.4275, 0.9275, 0.285, 0.785, 0.1425, 0.6425, 0, 0.5, 0.9975, 0.3575, 0.855, 0.215, 0.7125, 0.0725, 0.57, 1.07, 0.4275, 0.9275, 0.285, 0.785, 0.1425, 0.6425], "SoftwareVersions": "syngo MR D11", "SpacingBetweenSlices": 2.4, "StationName": "AWP45239", "TaskName": "Resting fmri", "TotalReadoutTime": 0.0294501, "TxRefAmp": 334.236, "WipMemBlock": "1f82885d-a11a-4378-ae41-630d2f3fe75f||Sequence: VD11D r206; Feb 13 2013 18:52:04 by eja", "dcmmeta_affine": [[-2.3955869674682617, -0.03434952348470688, 1.885312528315808e-08, 120.81967163085938], [-0.030356938019394875, 2.1171374320983887, -1.1230316162109375, -84.93611145019531], [-0.01607315056025982, 1.1209666728973389, 2.121037483215332, -82.7264633178711], [0.0, 0.0, 0.0, 1.0]], "dcmmeta_reorient_transform": [[0.0, -1.0, 0.0, 95.0], [1.0, 0.0, 0.0, 0.0], [0.0, 0.0, 1.0, 0.0], [0.0, 0.0, 0.0, 1.0]], "dcmmeta_shape": [96, 96, 64, 518], "dcmmeta_slice_dim": 2, "dcmmeta_version": 0.6, "global": {"const": {"AcquisitionMatrix": [96, 0, 0, 96], "AngioFlag": "N", "BitsAllocated": 16, "BitsStored": 16, "BodyPartExamined": "BRAIN", "Columns": 768, "EchoNumbers": 1, "EchoTime": 30.0, "EchoTrainLength": 48, "FlipAngle": 63.0, "HighBit": 15, "ImageOrientationPatient": [0.99989721716575, 0.01267072201217, -0.0067087933254, -0.0143371930374, 0.88367478700781, -0.4678817326019], "ImagePositionPatient": [-910.93225793232, -837.75005598621, 405.81072550066], "ImageType": ["ORIGINAL", "PRIMARY", "M", "ND", "NORM", "MOSAIC"], "ImagedNucleus": "1H", "ImagingFrequency": 123.193187, "InPlanePhaseEncodingDirection": "COL", "MRAcquisitionType": "2D", "MagneticFieldStrength": 3.0, "Manufacturer": "SIEMENS", "ManufacturerModelName": "Skyra", "Modality": "MR", "NumberOfAverages": 1.0, "NumberOfPhaseEncodingSteps": 96, "PercentPhaseFieldOfView": 100.0, "PercentSampling": 100.0, "PerformedProcedureStepStartTime": "072711.640000", "PhotometricInterpretation": "MONOCHROME2", "PixelBandwidth": 2005.0, "PixelRepresentation": 0, "PixelSpacing": [2.3958332538605, 2.3958332538605], "ProtocolName": "Resting State fMRI MBEPI_matrix96_BW2004", "RepetitionTime": 1160.0, "Rows": 768, "SAR": 0.09399643943788, "SamplesPerPixel": 1, "ScanOptions": "FS", "ScanningSequence": "EP", "SequenceName": "epfid2d1_96", "SequenceVariant": "SK", "SeriesDescription": "Resting State fMRI MBEPI_matrix96_BW2004", "SeriesNumber": 6, "SeriesTime": "074034.843000", "SliceLocation": -33.366663520217, "SliceThickness": 2.0, "SmallestImagePixelValue": 0, "SoftwareVersions": "syngo MR D11", "SpacingBetweenSlices": 2.4000000010121, "SpecificCharacterSet": "ISO_IR 100", "StudyID": "1", "StudyTime": "072711.453000", "TransmitCoilName": "Body", "VariableFlipAngleFlag": "N", "WindowCenterWidthExplanation": "Algo1", "dBdt": 0.0}, "slices": {}}, "time": {"samples": {"AcquisitionNumber": [1, 2, 3, 4, 5, 6, 7, 8, 9, 10, 11, 12, 13, 14, 15, 16, 17, 18, 19, 20, 21, 22, 23, 24, 25, 26, 27, 28, 29, 30, 31, 32, 33, 34, 35, 36, 37, 38, 39, 40, 41, 42, 43, 44, 45, 46, 47, 48, 49, 50, 51, 52, 53, 54, 55, 56, 57, 58, 59, 60, 61, 62, 63, 64, 65, 66, 67, 68, 69, 70, 71, 72, 73, 74, 75, 76, 77, 78, 79, 80, 81, 82, 83, 84, 85, 86, 87, 88, 89, 90, 91, 92, 93, 94, 95, 96, 97, 98, 99, 100, 101, 102, 103, 104, 105, 106, 107, 108, 109, 110, 111, 112, 113, 114, 115, 116, 117, 118, 119, 120, 121, 122, 123, 124, 125, 126, 127, 128, 129, 130, 131, 132, 133, 134, 135, 136, 137, 138, 139, 140, 141, 142, 143, 144, 145, 146, 147, 148, 149, 150, 151, 152, 153, 154, 155, 156, 157, 158, 159, 160, 161, 162, 163, 164, 165, 166, 167, 168, 169, 170, 171, 172, 173, 174, 175, 176, 177, 178, 179, 180, 181, 182, 183, 184, 185, 186, 187, 188, 189, 190, 191, 192, 193, 194, 195, 196, 197, 198, 199, 200, 201, 202, 203, 204, 205, 206, 207, 208, 209, 210, 211, 212, 213, 214, 215, 216, 217, 218, 219, 220, 221, 222, 223, 224, 225, 226, 227, 228, 229, 230, 231, 232, 233, 234, 235, 236, 237, 238, 239, 240, 241, 242, 243, 244, 245, 246, 247, 248, 249, 250, 251, 252, 253, 254, 255, 256, 257, 258, 259, 260, 261, 262, 263, 264, 265, 266, 267, 268, 269, 270, 271, 272, 273, 274, 275, 276, 277, 278, 279, 280, 281, 282, 283, 284, 285, 286, 287, 288, 289, 290, 291, 292, 293, 294, 295, 296, 297, 298, 299, 300, 301, 302, 303, 304, 305, 306, 307, 308, 309, 310, 311, 312, 313, 314, 315, 316, 317, 318, 319, 320, 321, 322, 323, 324, 325, 326, 327, 328, 329, 330, 331, 332, 333, 334, 335, 336, 337, 338, 339, 340, 341, 342, 343, 344, 345, 346, 347, 348, 349, 350, 351, 352, 353, 354, 355, 356, 357, 358, 359, 360, 361, 362, 363, 364, 365, 366, 367, 368, 369, 370, 371, 372, 373, 374, 375, 376, 377, 378, 379, 380, 381, 382, 383, 384, 385, 386, 387, 388, 389, 390, 391, 392, 393, 394, 395, 396, 397, 398, 399, 400, 401, 402, 403, 404, 405, 406, 407, 408, 409, 410, 411, 412, 413, 414, 415, 416, 417, 418, 419, 420, 421, 422, 423, 424, 425, 426, 427, 428, 429, 430, 431, 432, 433, 434, 435, 436, 437, 438, 439, 440, 441, 442, 443, 444, 445, 446, 447, 448, 449, 450, 451, 452, 453, 454, 455, 456, 457, 458, 459, 460, 461, 462, 463, 464, 465, 466, 467, 468, 469, 470, 471, 472, 473, 474, 475, 476, 477, 478, 479, 480, 481, 482, 483, 484, 485, 486, 487, 488, 489, 490, 491, 492, 493, 494, 495, 496, 497, 498, 499, 500, 501, 502, 503, 504, 505, 506, 507, 508, 509, 510, 511, 512, 513, 514, 515, 516, 517, 518], "AcquisitionTime": ["073956.535000", "074025.535000", "074026.695000", "074027.855000", "074029.015000", "074030.175000", "074031.335000", "074032.495000", "074033.655000", "074034.815000", "074035.975000", "074037.135000", "074038.295000", "074039.455000", "074040.615000", "074041.775000", "074042.935000", "074044.095000", "074045.255000", "074046.415000", "074047.575000", "074048.735000", "074049.895000", "074051.055000", "074052.215000", "074053.375000", "074054.535000", "074055.695000", "074056.855000", "074058.015000", "074059.175000", "074100.335000", "074101.495000", "074102.655000", "074103.815000", "074104.975000", "074106.135000", "074107.295000", "074108.455000", "074109.615000", "074110.775000", "074111.935000", "074113.095000", "074114.255000", "074115.415000", "074116.575000", "074117.735000", "074118.895000", "074120.055000", "074121.215000", "074122.375000", "074123.535000", "074124.695000", "074125.855000", "074127.015000", "074128.175000", "074129.335000", "074130.495000", "074131.655000", "074132.815000", "074133.975000", "074135.135000", "074136.295000", "074137.455000", "074138.615000", "074139.775000", "074140.937500", "074142.097500", "074143.257500", "074144.417500", "074145.577500", "074146.737500", "074147.897500", "074149.057500", "074150.217500", "074151.377500", "074152.537500", "074153.697500", "074154.857500", "074156.017500", "074157.177500", "074158.337500", "074159.497500", "074200.657500", "074201.817500", "074202.977500", "074204.137500", "074205.297500", "074206.457500", "074207.617500", "074208.777500", "074209.937500", "074211.097500", "074212.257500", "074213.417500", "074214.577500", "074215.737500", "074216.897500", "074218.057500", "074219.217500", "074220.377500", "074221.537500", "074222.697500", "074223.857500", "074225.017500", "074226.177500", "074227.337500", "074228.497500", "074229.657500", "074230.817500", "074231.977500", "074233.137500", "074234.297500", "074235.457500", "074236.617500", "074237.777500", "074238.937500", "074240.097500", "074241.257500", "074242.417500", "074243.577500", "074244.737500", "074245.897500", "074247.057500", "074248.217500", "074249.377500", "074250.537500", "074251.697500", "074252.857500", "074254.017500", "074255.177500", "074256.337500", "074257.497500", "074258.657500", "074259.817500", "074300.977500", "074302.137500", "074303.297500", "074304.457500", "074305.617500", "074306.777500", "074307.937500", "074309.097500", "074310.257500", "074311.417500", "074312.577500", "074313.737500", "074314.897500", "074316.057500", "074317.217500", "074318.377500", "074319.537500", "074320.697500", "074321.857500", "074323.017500", "074324.177500", "074325.337500", "074326.497500", "074327.657500", "074328.817500", "074329.977500", "074331.137500", "074332.297500", "074333.457500", "074334.617500", "074335.777500", "074336.937500", "074338.097500", "074339.257500", "074340.417500", "074341.577500", "074342.737500", "074343.897500", "074345.057500", "074346.217500", "074347.377500", "074348.537500", "074349.697500", "074350.857500", "074352.017500", "074353.177500", "074354.337500", "074355.497500", "074356.657500", "074357.817500", "074358.977500", "074400.137500", "074401.297500", "074402.457500", "074403.617500", "074404.777500", "074405.937500", "074407.097500", "074408.257500", "074409.417500", "074410.577500", "074411.737500", "074412.897500", "074414.057500", "074415.217500", "074416.377500", "074417.537500", "074418.697500", "074419.857500", "074421.017500", "074422.177500", "074423.337500", "074424.497500", "074425.657500", "074426.817500", "074427.977500", "074429.137500", "074430.297500", "074431.457500", "074432.617500", "074433.777500", "074434.937500", "074436.097500", "074437.257500", "074438.417500", "074439.577500", "074440.737500", "074441.897500", "074443.057500", "074444.217500", "074445.377500", "074446.537500", "074447.697500", "074448.857500", "074450.017500", "074451.177500", "074452.337500", "074453.497500", "074454.657500", "074455.817500", "074456.977500", "074458.137500", "074459.297500", "074500.457500", "074501.617500", "074502.777500", "074503.937500", "074505.097500", "074506.257500", "074507.417500", "074508.577500", "074509.737500", "074510.897500", "074512.057500", "074513.217500", "074514.377500", "074515.537500", "074516.697500", "074517.857500", "074519.017500", "074520.177500", "074521.337500", "074522.497500", "074523.657500", "074524.817500", "074525.977500", "074527.137500", "074528.297500", "074529.457500", "074530.617500", "074531.777500", "074532.937500", "074534.097500", "074535.257500", "074536.417500", "074537.577500", "074538.737500", "074539.897500", "074541.057500", "074542.217500", "074543.377500", "074544.537500", "074545.697500", "074546.857500", "074548.017500", "074549.177500", "074550.337500", "074551.497500", "074552.657500", "074553.817500", "074554.977500", "074556.137500", "074557.297500", "074558.457500", "074559.617500", "074600.777500", "074601.937500", "074603.097500", "074604.257500", "074605.417500", "074606.577500", "074607.737500", "074608.897500", "074610.057500", "074611.217500", "074612.377500", "074613.537500", "074614.697500", "074615.857500", "074617.017500", "074618.177500", "074619.337500", "074620.497500", "074621.657500", "074622.817500", "074623.977500", "074625.137500", "074626.297500", "074627.457500", "074628.617500", "074629.777500", "074630.940000", "074632.100000", "074633.260000", "074634.420000", "074635.580000", "074636.740000", "074637.900000", "074639.060000", "074640.220000", "074641.380000", "074642.540000", "074643.700000", "074644.860000", "074646.020000", "074647.180000", "074648.340000", "074649.500000", "074650.660000", "074651.820000", "074652.980000", "074654.140000", "074655.300000", "074656.460000", "074657.620000", "074658.780000", "074659.940000", "074701.100000", "074702.260000", "074703.420000", "074704.580000", "074705.740000", "074706.900000", "074708.060000", "074709.220000", "074710.380000", "074711.540000", "074712.700000", "074713.860000", "074715.020000", "074716.180000", "074717.340000", "074718.500000", "074719.660000", "074720.820000", "074721.980000", "074723.140000", "074724.300000", "074725.460000", "074726.620000", "074727.780000", "074728.940000", "074730.100000", "074731.260000", "074732.420000", "074733.580000", "074734.740000", "074735.900000", "074737.060000", "074738.220000", "074739.380000", "074740.540000", "074741.700000", "074742.860000", "074744.020000", "074745.180000", "074746.340000", "074747.500000", "074748.660000", "074749.820000", "074750.980000", "074752.140000", "074753.300000", "074754.460000", "074755.620000", "074756.780000", "074757.940000", "074759.100000", "074800.260000", "074801.420000", "074802.580000", "074803.740000", "074804.900000", "074806.060000", "074807.220000", "074808.380000", "074809.540000", "074810.700000", "074811.860000", "074813.020000", "074814.180000", "074815.340000", "074816.500000", "074817.660000", "074818.820000", "074819.980000", "074821.140000", "074822.300000", "074823.460000", "074824.620000", "074825.780000", "074826.940000", "074828.100000", "074829.260000", "074830.420000", "074831.580000", "074832.740000", "074833.900000", "074835.060000", "074836.220000", "074837.380000", "074838.540000", "074839.700000", "074840.860000", "074842.020000", "074843.180000", "074844.340000", "074845.500000", "074846.660000", "074847.820000", "074848.980000", "074850.140000", "074851.300000", "074852.460000", "074853.620000", "074854.780000", "074855.940000", "074857.100000", "074858.260000", "074859.420000", "074900.580000", "074901.740000", "074902.900000", "074904.060000", "074905.220000", "074906.380000", "074907.540000", "074908.700000", "074909.860000", "074911.020000", "074912.180000", "074913.340000", "074914.500000", "074915.660000", "074916.820000", "074917.980000", "074919.140000", "074920.300000", "074921.460000", "074922.620000", "074923.780000", "074924.940000", "074926.100000", "074927.260000", "074928.420000", "074929.580000", "074930.740000", "074931.900000", "074933.060000", "074934.220000", "074935.380000", "074936.540000", "074937.700000", "074938.860000", "074940.020000", "074941.180000", "074942.340000", "074943.500000", "074944.660000", "074945.820000", "074946.980000", "074948.140000", "074949.300000", "074950.460000", "074951.620000", "074952.780000", "074953.940000", "074955.100000", "074956.260000", "074957.420000", "074958.580000", "074959.740000", "075000.900000", "075002.060000", "075003.220000", "075004.380000", "075005.540000", "075006.700000", "075007.860000", "075009.020000", "075010.180000", "075011.340000", "075012.500000", "075013.660000", "075014.820000", "075015.980000", "075017.140000", "075018.300000", "075019.460000", "075020.620000", "075021.780000", "075022.940000", "075024.100000"], "ContentTime": ["074034.843000", "074043.343000", "074043.343000", "074043.343000", "074043.343000", "074043.359000", "074043.359000", "074043.359000", "074048.343000", "074048.343000", "074048.343000", "074048.359000", "074053.343000", "074053.359000", "074053.359000", "074053.359000", "074058.343000", "074058.343000", "074058.343000", "074058.343000", "074103.343000", "074103.343000", "074103.359000", "074108.343000", "074108.343000", "074108.359000", "074108.359000", "074113.343000", "074113.343000", "074113.343000", "074118.343000", "074118.343000", "074118.343000", "074118.343000", "074123.343000", "074123.343000", "074123.343000", "074123.343000", "074128.343000", "074128.343000", "074128.343000", "074128.343000", "074133.343000", "074133.343000", "074133.343000", "074133.343000", "074138.343000", "074138.343000", "074138.343000", "074138.343000", "074143.343000", "074143.343000", "074143.343000", "074143.359000", "074148.343000", "074148.343000", "074148.359000", "074153.343000", "074153.343000", "074153.343000", "074153.343000", "074158.343000", "074158.343000", "074158.343000", "074203.343000", "074203.343000", "074203.343000", "074203.343000", "074208.343000", "074208.343000", "074208.343000", "074208.343000", "074213.343000", "074213.343000", "074213.343000", "074213.359000", "074218.343000", "074218.343000", "074218.343000", "074223.343000", "074223.343000", "074223.343000", "074223.343000", "074228.343000", "074228.343000", "074228.343000", "074233.343000", "074233.343000", "074233.343000", "074233.343000", "074238.343000", "074238.343000", "074238.343000", "074243.343000", "074243.343000", "074243.343000", "074243.359000", "074248.343000", "074248.343000", "074248.359000", "074253.343000", "074253.343000", "074253.343000", "074253.343000", "074253.359000", "074258.343000", "074258.343000", "074258.343000", "074303.343000", "074303.343000", "074303.343000", "074303.343000", "074308.343000", "074308.343000", "074308.343000", "074308.343000", "074313.343000", "074313.343000", "074313.343000", "074318.343000", "074318.343000", "074318.343000", "074318.359000", "074323.343000", "074323.343000", "074323.359000", "074323.359000", "074328.343000", "074328.343000", "074328.343000", "074333.343000", "074333.343000", "074333.343000", "074333.359000", "074338.343000", "074338.343000", "074338.343000", "074338.343000", "074343.343000", "074343.343000", "074343.343000", "074343.359000", "074348.343000", "074348.343000", "074348.343000", "074348.343000", "074353.343000", "074353.343000", "074353.343000", "074353.343000", "074358.343000", "074358.343000", "074358.343000", "074403.343000", "074403.343000", "074403.343000", "074403.343000", "074408.343000", "074408.343000", "074408.343000", "074408.343000", "074413.343000", "074413.343000", "074413.359000", "074413.359000", "074418.343000", "074418.343000", "074418.343000", "074423.343000", "074423.343000", "074423.359000", "074423.359000", "074428.343000", "074428.343000", "074428.359000", "074428.359000", "074433.343000", "074433.343000", "074433.343000", "074433.359000", "074433.359000", "074438.343000", "074438.343000", "074438.343000", "074443.343000", "074443.343000", "074443.343000", "074443.343000", "074448.343000", "074448.343000", "074448.343000", "074448.343000", "074453.343000", "074453.359000", "074453.359000", "074453.359000", "074458.343000", "074458.343000", "074458.343000", "074458.359000", "074503.343000", "074503.343000", "074503.359000", "074508.343000", "074508.343000", "074508.359000", "074508.359000", "074513.343000", "074513.343000", "074513.359000", "074513.359000", "074518.343000", "074518.343000", "074518.359000", "074518.359000", "074523.343000", "074523.343000", "074523.359000", "074523.359000", "074528.343000", "074528.359000", "074528.359000", "074528.359000", "074533.343000", "074533.343000", "074533.343000", "074533.343000", "074538.343000", "074538.343000", "074538.343000", "074543.343000", "074543.375000", "074543.390000", "074543.390000", "074548.343000", "074548.343000", "074548.343000", "074548.343000", "074553.343000", "074553.343000", "074553.359000", "074558.343000", "074558.343000", "074558.343000", "074558.343000", "074603.343000", "074603.343000", "074603.359000", "074603.359000", "074608.343000", "074608.343000", "074608.343000", "074608.343000", "074613.343000", "074613.343000", "074613.343000", "074613.343000", "074618.343000", "074618.343000", "074618.343000", "074623.343000", "074623.359000", "074623.359000", "074623.359000", "074628.343000", "074628.343000", "074628.359000", "074628.359000", "074633.343000", "074633.343000", "074633.343000", "074633.343000", "074638.343000", "074638.343000", "074638.343000", "074638.343000", "074643.343000", "074643.343000", "074643.343000", "074643.343000", "074648.343000", "074648.359000", "074648.359000", "074648.359000", "074653.343000", "074653.343000", "074653.343000", "074658.343000", "074658.343000", "074658.359000", "074658.359000", "074703.343000", "074703.343000", "074703.343000", "074703.343000", "074708.343000", "074708.343000", "074708.343000", "074708.343000", "074713.343000", "074713.343000", "074713.343000", "074713.343000", "074718.343000", "074718.343000", "074718.359000", "074718.359000", "074723.343000", "074723.343000", "074723.343000", "074728.343000", "074728.343000", "074728.343000", "074728.359000", "074733.343000", "074733.343000", "074733.343000", "074733.375000", "074738.343000", "074738.343000", "074738.343000", "074738.343000", "074743.343000", "074743.343000", "074743.343000", "074743.343000", "074748.343000", "074748.343000", "074748.343000", "074753.343000", "074753.343000", "074753.343000", "074753.359000", "074758.343000", "074758.343000", "074758.359000", "074758.359000", "074803.343000", "074803.343000", "074803.343000", "074803.343000", "074808.343000", "074808.343000", "074808.359000", "074813.343000", "074813.343000", "074813.343000", "074813.343000", "074818.343000", "074818.343000", "074818.343000", "074818.343000", "074823.343000", "074823.343000", "074823.343000", "074823.343000", "074828.343000", "074828.343000", "074828.343000", "074828.343000", "074833.343000", "074833.343000", "074833.359000", "074838.343000", "074838.343000", "074838.359000", "074838.359000", "074838.359000", "074843.343000", "074843.343000", "074843.343000", "074848.343000", "074848.343000", "074848.359000", "074853.343000", "074853.343000", "074853.343000", "074853.343000", "074858.343000", "074858.343000", "074858.343000", "074858.343000", "074903.343000", "074903.343000", "074903.343000", "074903.359000", "074908.343000", "074908.343000", "074908.343000", "074908.343000", "074913.343000", "074913.343000", "074913.343000", "074918.343000", "074918.343000", "074918.343000", "074918.359000", "074923.343000", "074923.343000", "074923.343000", "074923.343000", "074928.343000", "074928.359000", "074928.359000", "074928.359000", "074933.343000", "074933.359000", "074933.359000", "074938.343000", "074938.343000", "074938.343000", "074938.343000", "074943.343000", "074943.343000", "074943.343000", "074943.359000", "074948.343000", "074948.343000", "074948.343000", "074948.343000", "074953.343000", "074953.343000", "074953.343000", "074958.343000", "074958.343000", "074958.343000", "074958.359000", "075003.343000", "075003.343000", "075003.343000", "075003.359000", "075008.343000", "075008.343000", "075008.359000", "075013.343000", "075013.359000", "075013.359000", "075013.359000", "075018.343000", "075018.343000", "075018.343000", "075018.359000", "075023.343000", "075023.343000", "075023.343000", "075028.343000", "075028.343000", "075028.343000", "075028.343000", "075028.359000", "075033.343000", "075033.343000", "075033.343000", "075038.343000", "075038.343000", "075038.343000", "075038.343000", "075038.359000", "075043.343000", "075043.343000", "075043.343000", "075043.359000", "075048.343000", "075048.343000", "075048.343000", "075048.359000", "075053.343000", "075053.343000", "075053.343000", "075053.343000", "075058.343000", "075058.343000", "075058.343000", "075058.343000", "075103.343000", "075103.343000", "075103.343000", "075103.359000", "075108.343000", "075108.343000", "075108.343000", "075108.359000", "075113.343000", "075113.343000", "075113.343000", "075113.343000", "075118.343000", "075118.343000", "075118.343000", "075118.359000", "075123.343000", "075123.343000", "075123.343000", "075123.343000", "075128.343000", "075128.343000", "075128.343000", "075128.343000", "075128.359000", "075133.343000", "075133.343000", "075133.343000", "075133.359000", "075138.343000", "075138.343000", "075138.343000", "075138.343000", "075143.343000", "075143.343000", "075143.343000", "075143.343000", "075148.343000", "075148.343000", "075148.343000", "075148.343000", "075150.781000", "075150.796000", "075150.796000"], "InstanceCreationTime": ["074034.843000", "074043.343000", "074043.343000", "074043.343000", "074043.343000", "074043.359000", "074043.359000", "074043.359000", "074048.343000", "074048.343000", "074048.343000", "074048.359000", "074053.343000", "074053.359000", "074053.359000", "074053.359000", "074058.343000", "074058.343000", "074058.343000", "074058.343000", "074103.343000", "074103.343000", "074103.359000", "074108.343000", "074108.343000", "074108.359000", "074108.359000", "074113.343000", "074113.343000", "074113.343000", "074118.343000", "074118.343000", "074118.343000", "074118.343000", "074123.343000", "074123.343000", "074123.343000", "074123.343000", "074128.343000", "074128.343000", "074128.343000", "074128.343000", "074133.343000", "074133.343000", "074133.343000", "074133.343000", "074138.343000", "074138.343000", "074138.343000", "074138.343000", "074143.343000", "074143.343000", "074143.343000", "074143.359000", "074148.343000", "074148.343000", "074148.359000", "074153.343000", "074153.343000", "074153.343000", "074153.343000", "074158.343000", "074158.343000", "074158.343000", "074203.343000", "074203.343000", "074203.343000", "074203.343000", "074208.343000", "074208.343000", "074208.343000", "074208.343000", "074213.343000", "074213.343000", "074213.343000", "074213.359000", "074218.343000", "074218.343000", "074218.343000", "074223.343000", "074223.343000", "074223.343000", "074223.343000", "074228.343000", "074228.343000", "074228.343000", "074233.343000", "074233.343000", "074233.343000", "074233.343000", "074238.343000", "074238.343000", "074238.343000", "074243.343000", "074243.343000", "074243.343000", "074243.359000", "074248.343000", "074248.343000", "074248.359000", "074253.343000", "074253.343000", "074253.343000", "074253.343000", "074253.359000", "074258.343000", "074258.343000", "074258.343000", "074303.343000", "074303.343000", "074303.343000", "074303.343000", "074308.343000", "074308.343000", "074308.343000", "074308.343000", "074313.343000", "074313.343000", "074313.343000", "074318.343000", "074318.343000", "074318.343000", "074318.359000", "074323.343000", "074323.343000", "074323.359000", "074323.359000", "074328.343000", "074328.343000", "074328.343000", "074333.343000", "074333.343000", "074333.343000", "074333.359000", "074338.343000", "074338.343000", "074338.343000", "074338.343000", "074343.343000", "074343.343000", "074343.343000", "074343.359000", "074348.343000", "074348.343000", "074348.343000", "074348.343000", "074353.343000", "074353.343000", "074353.343000", "074353.343000", "074358.343000", "074358.343000", "074358.343000", "074403.343000", "074403.343000", "074403.343000", "074403.343000", "074408.343000", "074408.343000", "074408.343000", "074408.343000", "074413.343000", "074413.343000", "074413.359000", "074413.359000", "074418.343000", "074418.343000", "074418.343000", "074423.343000", "074423.343000", "074423.359000", "074423.359000", "074428.343000", "074428.343000", "074428.359000", "074428.359000", "074433.343000", "074433.343000", "074433.343000", "074433.359000", "074433.359000", "074438.343000", "074438.343000", "074438.343000", "074443.343000", "074443.343000", "074443.343000", "074443.343000", "074448.343000", "074448.343000", "074448.343000", "074448.343000", "074453.343000", "074453.359000", "074453.359000", "074453.359000", "074458.343000", "074458.343000", "074458.343000", "074458.359000", "074503.343000", "074503.343000", "074503.359000", "074508.343000", "074508.343000", "074508.359000", "074508.359000", "074513.343000", "074513.343000", "074513.359000", "074513.359000", "074518.343000", "074518.343000", "074518.359000", "074518.359000", "074523.343000", "074523.343000", "074523.359000", "074523.359000", "074528.343000", "074528.359000", "074528.359000", "074528.359000", "074533.343000", "074533.343000", "074533.343000", "074533.343000", "074538.343000", "074538.343000", "074538.343000", "074543.343000", "074543.375000", "074543.390000", "074543.390000", "074548.343000", "074548.343000", "074548.343000", "074548.343000", "074553.343000", "074553.343000", "074553.359000", "074558.343000", "074558.343000", "074558.343000", "074558.343000", "074603.343000", "074603.343000", "074603.359000", "074603.359000", "074608.343000", "074608.343000", "074608.343000", "074608.343000", "074613.343000", "074613.343000", "074613.343000", "074613.343000", "074618.343000", "074618.343000", "074618.343000", "074623.343000", "074623.359000", "074623.359000", "074623.359000", "074628.343000", "074628.343000", "074628.359000", "074628.359000", "074633.343000", "074633.343000", "074633.343000", "074633.343000", "074638.343000", "074638.343000", "074638.343000", "074638.343000", "074643.343000", "074643.343000", "074643.343000", "074643.343000", "074648.343000", "074648.359000", "074648.359000", "074648.359000", "074653.343000", "074653.343000", "074653.343000", "074658.343000", "074658.343000", "074658.359000", "074658.359000", "074703.343000", "074703.343000", "074703.343000", "074703.343000", "074708.343000", "074708.343000", "074708.343000", "074708.343000", "074713.343000", "074713.343000", "074713.343000", "074713.343000", "074718.343000", "074718.343000", "074718.359000", "074718.359000", "074723.343000", "074723.343000", "074723.343000", "074728.343000", "074728.343000", "074728.343000", "074728.359000", "074733.343000", "074733.343000", "074733.343000", "074733.375000", "074738.343000", "074738.343000", "074738.343000", "074738.343000", "074743.343000", "074743.343000", "074743.343000", "074743.343000", "074748.343000", "074748.343000", "074748.343000", "074753.343000", "074753.343000", "074753.343000", "074753.359000", "074758.343000", "074758.343000", "074758.359000", "074758.359000", "074803.343000", "074803.343000", "074803.343000", "074803.343000", "074808.343000", "074808.343000", "074808.359000", "074813.343000", "074813.343000", "074813.343000", "074813.343000", "074818.343000", "074818.343000", "074818.343000", "074818.343000", "074823.343000", "074823.343000", "074823.343000", "074823.343000", "074828.343000", "074828.343000", "074828.343000", "074828.343000", "074833.343000", "074833.343000", "074833.359000", "074838.343000", "074838.343000", "074838.359000", "074838.359000", "074838.359000", "074843.343000", "074843.343000", "074843.343000", "074848.343000", "074848.343000", "074848.359000", "074853.343000", "074853.343000", "074853.343000", "074853.343000", "074858.343000", "074858.343000", "074858.343000", "074858.343000", "074903.343000", "074903.343000", "074903.343000", "074903.359000", "074908.343000", "074908.343000", "074908.343000", "074908.343000", "074913.343000", "074913.343000", "074913.343000", "074918.343000", "074918.343000", "074918.343000", "074918.359000", "074923.343000", "074923.343000", "074923.343000", "074923.343000", "074928.343000", "074928.359000", "074928.359000", "074928.359000", "074933.343000", "074933.359000", "074933.359000", "074938.343000", "074938.343000", "074938.343000", "074938.343000", "074943.343000", "074943.343000", "074943.343000", "074943.359000", "074948.343000", "074948.343000", "074948.343000", "074948.343000", "074953.343000", "074953.343000", "074953.343000", "074958.343000", "074958.343000", "074958.343000", "074958.359000", "075003.343000", "075003.343000", "075003.343000", "075003.359000", "075008.343000", "075008.343000", "075008.359000", "075013.343000", "075013.359000", "075013.359000", "075013.359000", "075018.343000", "075018.343000", "075018.343000", "075018.359000", "075023.343000", "075023.343000", "075023.343000", "075028.343000", "075028.343000", "075028.343000", "075028.343000", "075028.359000", "075033.343000", "075033.343000", "075033.343000", "075038.343000", "075038.343000", "075038.343000", "075038.343000", "075038.359000", "075043.343000", "075043.343000", "075043.343000", "075043.359000", "075048.343000", "075048.343000", "075048.343000", "075048.359000", "075053.343000", "075053.343000", "075053.343000", "075053.343000", "075058.343000", "075058.343000", "075058.343000", "075058.343000", "075103.343000", "075103.343000", "075103.343000", "075103.359000", "075108.343000", "075108.343000", "075108.343000", "075108.359000", "075113.343000", "075113.343000", "075113.343000", "075113.343000", "075118.343000", "075118.343000", "075118.343000", "075118.359000", "075123.343000", "075123.343000", "075123.343000", "075123.343000", "075128.343000", "075128.343000", "075128.343000", "075128.343000", "075128.359000", "075133.343000", "075133.343000", "075133.343000", "075133.359000", "075138.343000", "075138.343000", "075138.343000", "075138.343000", "075143.343000", "075143.343000", "075143.343000", "075143.343000", "075148.343000", "075148.343000", "075148.343000", "075148.343000", "075150.781000", "075150.796000", "075150.796000"], "InstanceNumber": [1, 2, 3, 4, 5, 6, 7, 8, 9, 10, 11, 12, 13, 14, 15, 16, 17, 18, 19, 20, 21, 22, 23, 24, 25, 26, 27, 28, 29, 30, 31, 32, 33, 34, 35, 36, 37, 38, 39, 40, 41, 42, 43, 44, 45, 46, 47, 48, 49, 50, 51, 52, 53, 54, 55, 56, 57, 58, 59, 60, 61, 62, 63, 64, 65, 66, 67, 68, 69, 70, 71, 72, 73, 74, 75, 76, 77, 78, 79, 80, 81, 82, 83, 84, 85, 86, 87, 88, 89, 90, 91, 92, 93, 94, 95, 96, 97, 98, 99, 100, 101, 102, 103, 104, 105, 106, 107, 108, 109, 110, 111, 112, 113, 114, 115, 116, 117, 118, 119, 120, 121, 122, 123, 124, 125, 126, 127, 128, 129, 130, 131, 132, 133, 134, 135, 136, 137, 138, 139, 140, 141, 142, 143, 144, 145, 146, 147, 148, 149, 150, 151, 152, 153, 154, 155, 156, 157, 158, 159, 160, 161, 162, 163, 164, 165, 166, 167, 168, 169, 170, 171, 172, 173, 174, 175, 176, 177, 178, 179, 180, 181, 182, 183, 184, 185, 186, 187, 188, 189, 190, 191, 192, 193, 194, 195, 196, 197, 198, 199, 200, 201, 202, 203, 204, 205, 206, 207, 208, 209, 210, 211, 212, 213, 214, 215, 216, 217, 218, 219, 220, 221, 222, 223, 224, 225, 226, 227, 228, 229, 230, 231, 232, 233, 234, 235, 236, 237, 238, 239, 240, 241, 242, 243, 244, 245, 246, 247, 248, 249, 250, 251, 252, 253, 254, 255, 256, 257, 258, 259, 260, 261, 262, 263, 264, 265, 266, 267, 268, 269, 270, 271, 272, 273, 274, 275, 276, 277, 278, 279, 280, 281, 282, 283, 284, 285, 286, 287, 288, 289, 290, 291, 292, 293, 294, 295, 296, 297, 298, 299, 300, 301, 302, 303, 304, 305, 306, 307, 308, 309, 310, 311, 312, 313, 314, 315, 316, 317, 318, 319, 320, 321, 322, 323, 324, 325, 326, 327, 328, 329, 330, 331, 332, 333, 334, 335, 336, 337, 338, 339, 340, 341, 342, 343, 344, 345, 346, 347, 348, 349, 350, 351, 352, 353, 354, 355, 356, 357, 358, 359, 360, 361, 362, 363, 364, 365, 366, 367, 368, 369, 370, 371, 372, 373, 374, 375, 376, 377, 378, 379, 380, 381, 382, 383, 384, 385, 386, 387, 388, 389, 390, 391, 392, 393, 394, 395, 396, 397, 398, 399, 400, 401, 402, 403, 404, 405, 406, 407, 408, 409, 410, 411, 412, 413, 414, 415, 416, 417, 418, 419, 420, 421, 422, 423, 424, 425, 426, 427, 428, 429, 430, 431, 432, 433, 434, 435, 436, 437, 438, 439, 440, 441, 442, 443, 444, 445, 446, 447, 448, 449, 450, 451, 452, 453, 454, 455, 456, 457, 458, 459, 460, 461, 462, 463, 464, 465, 466, 467, 468, 469, 470, 471, 472, 473, 474, 475, 476, 477, 478, 479, 480, 481, 482, 483, 484, 485, 486, 487, 488, 489, 490, 491, 492, 493, 494, 495, 496, 497, 498, 499, 500, 501, 502, 503, 504, 505, 506, 507, 508, 509, 510, 511, 512, 513, 514, 515, 516, 517, 518], "LargestImagePixelValue": [26421, 29549, 29306, 24715, 26056, 29000, 27963, 27110, 25534, 28172, 34413, 25570, 27020, 28858, 24063, 26786, 34209, 26829, 28595, 24771, 27428, 32286, 24821, 33034, 27686, 28087, 23989, 31343, 26891, 33999, 24609, 28816, 30000, 23964, 23905, 34126, 27858, 24596, 26155, 33294, 25906, 32465, 30029, 32398, 25947, 30098, 25528, 29269, 31286, 25508, 26510, 30709, 29580, 23659, 29899, 26741, 26850, 31998, 27193, 27535, 26906, 29936, 31090, 25962, 23875, 27090, 26828, 30445, 28534, 28057, 33469, 25658, 23618, 28869, 35811, 27965, 25851, 28570, 33564, 24470, 29241, 28651, 24458, 34105, 26114, 23781, 27800, 35804, 27012, 30315, 25049, 31579, 31095, 26359, 31469, 31278, 24214, 26477, 31575, 23806, 32069, 25027, 29405, 24367, 28898, 29540, 23979, 30796, 27361, 28857, 27472, 23818, 29898, 29235, 28635, 24232, 34649, 26351, 26789, 28609, 26239, 23777, 27344, 31648, 29549, 24252, 23575, 28827, 28487, 36219, 26993, 25794, 34567, 26267, 31220, 28489, 30523, 28344, 24906, 30021, 26245, 32401, 26261, 32580, 23527, 28093, 28002, 27241, 27838, 27275, 27129, 28308, 35625, 24328, 29478, 27217, 29756, 23444, 30236, 26059, 28830, 29321, 26583, 26263, 26598, 26461, 33218, 26017, 29668, 25109, 31588, 30575, 27431, 24216, 33662, 25270, 32521, 25175, 24410, 31337, 28368, 25561, 29689, 25220, 31831, 28613, 23421, 29016, 33176, 29490, 24096, 25650, 34693, 23205, 31880, 29553, 26847, 32663, 28484, 25018, 33151, 23348, 31296, 24230, 26583, 26771, 28628, 24689, 31672, 30250, 27194, 31045, 27396, 23722, 33129, 25225, 24926, 25870, 27691, 23532, 26723, 31227, 26991, 33246, 29757, 27137, 23260, 29959, 26819, 29765, 29476, 25051, 28972, 30193, 29284, 24769, 29784, 31112, 30649, 30680, 30903, 26049, 27050, 27369, 28936, 23751, 26077, 32779, 23806, 34015, 29927, 26659, 30559, 28184, 31881, 24076, 31060, 34003, 27475, 26276, 30910, 27554, 27418, 22713, 33045, 27560, 29098, 23891, 24747, 35960, 30430, 26852, 30589, 30492, 22873, 30162, 24731, 28904, 31278, 22716, 28692, 24726, 28136, 25119, 30758, 26716, 30660, 26532, 29895, 26389, 33013, 22680, 33632, 29315, 28775, 23116, 26946, 28046, 28099, 31109, 31771, 28129, 31392, 23680, 28008, 30910, 27662, 31577, 24831, 30919, 30752, 23275, 24901, 29975, 27610, 30894, 23685, 30241, 29466, 23529, 27831, 30737, 25308, 34210, 29284, 29706, 30621, 23109, 28360, 31988, 31137, 27127, 23641, 25400, 28269, 23747, 30061, 24816, 30719, 29670, 24768, 25409, 30024, 25670, 29511, 24974, 30869, 29023, 26154, 25955, 34462, 24486, 32709, 26561, 30904, 22655, 29788, 31195, 25858, 27987, 35265, 27807, 31650, 27364, 30802, 30826, 31200, 26243, 32460, 27399, 28840, 23815, 26920, 28391, 28564, 34603, 22418, 23998, 27774, 25573, 30330, 22613, 32292, 28684, 34101, 28730, 22438, 32002, 26630, 28168, 26771, 23335, 29752, 27621, 28853, 29644, 31049, 25362, 29964, 25423, 29737, 29625, 24199, 23699, 28691, 28321, 22468, 33295, 32496, 28298, 32143, 23524, 33732, 31908, 26199, 30206, 28348, 22429, 30370, 29452, 29358, 31325, 30534, 24036, 32033, 24960, 31098, 27905, 27866, 24958, 29914, 28519, 29196, 24507, 32751, 30305, 29213, 24486, 31847, 25422, 23557, 30738, 33674, 30017, 24846, 24081, 31797, 24531, 24905, 32037, 22897, 29449, 24670, 31453, 27554, 24286, 32383, 28026, 27605, 33389, 31261, 28816, 25105, 26989, 29096, 25903, 30152, 30504, 26524, 25753, 32083, 24162, 28589, 28944, 34213, 26470, 32165, 31227, 32330, 27520, 33094, 26336, 31178, 26635, 27907, 32330, 29102, 22429, 32474, 23905, 33692, 23067, 24676, 31035, 30145, 26687, 23469, 29549, 24958, 30020, 22699, 29288, 29045, 29790, 32563, 28978, 30806, 27642, 31773, 30795, 22463, 26972, 28150, 22757, 24165, 36160, 30586, 27839], "WindowCenter": [9906.0, 9915.0, 9914.0, 9888.0, 9913.0, 9927.0, 9911.0, 9904.0, 9884.0, 9898.0, 9932.0, 9913.0, 9905.0, 9941.0, 9917.0, 9915.0, 9929.0, 9913.0, 9912.0, 9910.0, 9932.0, 9940.0, 9920.0, 9939.0, 9957.0, 9929.0, 9912.0, 9959.0, 9919.0, 9934.0, 9893.0, 9907.0, 9907.0, 9893.0, 9901.0, 9940.0, 9944.0, 9916.0, 9923.0, 9934.0, 9897.0, 9933.0, 9934.0, 9929.0, 9896.0, 9903.0, 9873.0, 9894.0, 9899.0, 9874.0, 9892.0, 9916.0, 9897.0, 9878.0, 9896.0, 9880.0, 9892.0, 9928.0, 9908.0, 9891.0, 9885.0, 9891.0, 9887.0, 9902.0, 9888.0, 9922.0, 9923.0, 9932.0, 9909.0, 9898.0, 9940.0, 9891.0, 9884.0, 9911.0, 9928.0, 9902.0, 9891.0, 9905.0, 9926.0, 9892.0, 9912.0, 9895.0, 9887.0, 9935.0, 9897.0, 9880.0, 9901.0, 9928.0, 9887.0, 9911.0, 9882.0, 9916.0, 9911.0, 9884.0, 9910.0, 9899.0, 9854.0, 9865.0, 9899.0, 9861.0, 9905.0, 9864.0, 9880.0, 9868.0, 9894.0, 9882.0, 9870.0, 9908.0, 9908.0, 9894.0, 9896.0, 9862.0, 9905.0, 9900.0, 9880.0, 9858.0, 9926.0, 9892.0, 9884.0, 9887.0, 9887.0, 9873.0, 9884.0, 9893.0, 9907.0, 9871.0, 9873.0, 9911.0, 9898.0, 9930.0, 9892.0, 9877.0, 9913.0, 9892.0, 9910.0, 9897.0, 9887.0, 9867.0, 9876.0, 9883.0, 9878.0, 9893.0, 9876.0, 9893.0, 9852.0, 9867.0, 9872.0, 9875.0, 9873.0, 9866.0, 9877.0, 9867.0, 9897.0, 9843.0, 9874.0, 9854.0, 9879.0, 9855.0, 9886.0, 9857.0, 9880.0, 9876.0, 9883.0, 9873.0, 9881.0, 9888.0, 9917.0, 9868.0, 9883.0, 9866.0, 9877.0, 9872.0, 9858.0, 9845.0, 9887.0, 9850.0, 9886.0, 9866.0, 9836.0, 9884.0, 9871.0, 9855.0, 9872.0, 9857.0, 9896.0, 9891.0, 9865.0, 9884.0, 9887.0, 9882.0, 9867.0, 9857.0, 9897.0, 9851.0, 9895.0, 9883.0, 9867.0, 9881.0, 9875.0, 9853.0, 9883.0, 9844.0, 9873.0, 9856.0, 9858.0, 9857.0, 9893.0, 9864.0, 9892.0, 9877.0, 9878.0, 9881.0, 9859.0, 9836.0, 9880.0, 9853.0, 9851.0, 9864.0, 9862.0, 9864.0, 9864.0, 9871.0, 9860.0, 9893.0, 9859.0, 9859.0, 9832.0, 9876.0, 9860.0, 9854.0, 9877.0, 9842.0, 9877.0, 9878.0, 9876.0, 9858.0, 9881.0, 9880.0, 9879.0, 9849.0, 9862.0, 9848.0, 9847.0, 9855.0, 9863.0, 9842.0, 9868.0, 9899.0, 9851.0, 9902.0, 9874.0, 9864.0, 9889.0, 9872.0, 9881.0, 9847.0, 9884.0, 9881.0, 9846.0, 9847.0, 9864.0, 9856.0, 9863.0, 9851.0, 9899.0, 9870.0, 9874.0, 9857.0, 9857.0, 9879.0, 9862.0, 9847.0, 9865.0, 9862.0, 9833.0, 9845.0, 9823.0, 9849.0, 9871.0, 9820.0, 9847.0, 9841.0, 9849.0, 9862.0, 9885.0, 9865.0, 9869.0, 9846.0, 9853.0, 9857.0, 9871.0, 9836.0, 9874.0, 9849.0, 9846.0, 9824.0, 9867.0, 9870.0, 9855.0, 9872.0, 9871.0, 9851.0, 9856.0, 9827.0, 9854.0, 9872.0, 9850.0, 9854.0, 9819.0, 9857.0, 9836.0, 9811.0, 9831.0, 9853.0, 9845.0, 9840.0, 9832.0, 9866.0, 9869.0, 9823.0, 9868.0, 9857.0, 9831.0, 9873.0, 9859.0, 9856.0, 9864.0, 9838.0, 9861.0, 9873.0, 9865.0, 9834.0, 9835.0, 9821.0, 9861.0, 9830.0, 9855.0, 9832.0, 9868.0, 9856.0, 9814.0, 9834.0, 9852.0, 9831.0, 9858.0, 9828.0, 9853.0, 9844.0, 9835.0, 9853.0, 9864.0, 9849.0, 9871.0, 9849.0, 9855.0, 9828.0, 9868.0, 9867.0, 9843.0, 9847.0, 9854.0, 9826.0, 9853.0, 9830.0, 9846.0, 9837.0, 9825.0, 9800.0, 9828.0, 9801.0, 9821.0, 9808.0, 9841.0, 9837.0, 9850.0, 9838.0, 9793.0, 9805.0, 9826.0, 9818.0, 9864.0, 9823.0, 9868.0, 9837.0, 9852.0, 9823.0, 9779.0, 9844.0, 9812.0, 9833.0, 9829.0, 9832.0, 9859.0, 9855.0, 9864.0, 9852.0, 9854.0, 9828.0, 9875.0, 9853.0, 9875.0, 9872.0, 9841.0, 9828.0, 9876.0, 9852.0, 9825.0, 9866.0, 9862.0, 9831.0, 9866.0, 9824.0, 9886.0, 9872.0, 9819.0, 9846.0, 9834.0, 9822.0, 9867.0, 9858.0, 9852.0, 9853.0, 9841.0, 9792.0, 9831.0, 9812.0, 9836.0, 9821.0, 9824.0, 9815.0, 9824.0, 9799.0, 9814.0, 9789.0, 9826.0, 9835.0, 9825.0, 9803.0, 9843.0, 9810.0, 9796.0, 9844.0, 9825.0, 9835.0, 9793.0, 9807.0, 9831.0, 9808.0, 9804.0, 9837.0, 9808.0, 9834.0, 9822.0, 9861.0, 9825.0, 9814.0, 9825.0, 9818.0, 9811.0, 9847.0, 9833.0, 9821.0, 9803.0, 9815.0, 9838.0, 9832.0, 9843.0, 9856.0, 9835.0, 9849.0, 9860.0, 9814.0, 9860.0, 9846.0, 9860.0, 9810.0, 9840.0, 9844.0, 9852.0, 9816.0, 9825.0, 9802.0, 9833.0, 9814.0, 9802.0, 9827.0, 9802.0, 9776.0, 9820.0, 9791.0, 9834.0, 9804.0, 9794.0, 9840.0, 9833.0, 9818.0, 9801.0, 9844.0, 9821.0, 9855.0, 9825.0, 9860.0, 9855.0, 9848.0, 9855.0, 9845.0, 9828.0, 9842.0, 9848.0, 9832.0, 9812.0, 9853.0, 9843.0, 9828.0, 9832.0, 9871.0, 9837.0, 9829.0], "WindowWidth": [20965.0, 20973.0, 20973.0, 20926.0, 20972.0, 21003.0, 20965.0, 20949.0, 20913.0, 20940.0, 20999.0, 20967.0, 20962.0, 21031.0, 20980.0, 20979.0, 21006.0, 20973.0, 20973.0, 20970.0, 21013.0, 21026.0, 20986.0, 21025.0, 21086.0, 21007.0, 20979.0, 21064.0, 20978.0, 21001.0, 20925.0, 20949.0, 20951.0, 20929.0, 20952.0, 21026.0, 21031.0, 20982.0, 20992.0, 21009.0, 20942.0, 21007.0, 21017.0, 21000.0, 20933.0, 20941.0, 20886.0, 20922.0, 20934.0, 20893.0, 20921.0, 20967.0, 20933.0, 20897.0, 20930.0, 20900.0, 20927.0, 20993.0, 20952.0, 20917.0, 20905.0, 20915.0, 20910.0, 20945.0, 20933.0, 20990.0, 20992.0, 21006.0, 20958.0, 20937.0, 21018.0, 20926.0, 20912.0, 20961.0, 20989.0, 20939.0, 20923.0, 20947.0, 20987.0, 20926.0, 20966.0, 20932.0, 20918.0, 21008.0, 20935.0, 20906.0, 20947.0, 20992.0, 20914.0, 20957.0, 20910.0, 20966.0, 20952.0, 20903.0, 20949.0, 20924.0, 20844.0, 20869.0, 20927.0, 20858.0, 20940.0, 20864.0, 20890.0, 20873.0, 20929.0, 20904.0, 20884.0, 20956.0, 20952.0, 20931.0, 20933.0, 20869.0, 20949.0, 20935.0, 20900.0, 20856.0, 20981.0, 20921.0, 20907.0, 20918.0, 20915.0, 20885.0, 20906.0, 20920.0, 20953.0, 20884.0, 20888.0, 20960.0, 20934.0, 20989.0, 20926.0, 20890.0, 20958.0, 20921.0, 20951.0, 20934.0, 20906.0, 20867.0, 20884.0, 20899.0, 20890.0, 20914.0, 20886.0, 20914.0, 20838.0, 20865.0, 20874.0, 20886.0, 20878.0, 20865.0, 20883.0, 20864.0, 20917.0, 20819.0, 20876.0, 20843.0, 20884.0, 20843.0, 20901.0, 20848.0, 20889.0, 20883.0, 20901.0, 20882.0, 20895.0, 20906.0, 20959.0, 20867.0, 20893.0, 20864.0, 20884.0, 20872.0, 20842.0, 20817.0, 20894.0, 20829.0, 20899.0, 20867.0, 20809.0, 20896.0, 20872.0, 20842.0, 20872.0, 20849.0, 20924.0, 20914.0, 20867.0, 20903.0, 20904.0, 20892.0, 20877.0, 20850.0, 20924.0, 20838.0, 20919.0, 20894.0, 20866.0, 20891.0, 20883.0, 20838.0, 20890.0, 20820.0, 20871.0, 20841.0, 20851.0, 20851.0, 20917.0, 20862.0, 20912.0, 20882.0, 20886.0, 20891.0, 20852.0, 20806.0, 20885.0, 20835.0, 20829.0, 20855.0, 20855.0, 20863.0, 20859.0, 20872.0, 20848.0, 20908.0, 20842.0, 20844.0, 20798.0, 20884.0, 20851.0, 20835.0, 20876.0, 20814.0, 20879.0, 20882.0, 20880.0, 20848.0, 20891.0, 20886.0, 20882.0, 20824.0, 20841.0, 20817.0, 20815.0, 20834.0, 20847.0, 20817.0, 20873.0, 20927.0, 20840.0, 20933.0, 20879.0, 20858.0, 20903.0, 20880.0, 20888.0, 20826.0, 20893.0, 20883.0, 20817.0, 20825.0, 20849.0, 20841.0, 20855.0, 20834.0, 20923.0, 20876.0, 20878.0, 20847.0, 20844.0, 20885.0, 20849.0, 20819.0, 20851.0, 20842.0, 20797.0, 20813.0, 20770.0, 20820.0, 20859.0, 20770.0, 20823.0, 20817.0, 20829.0, 20853.0, 20896.0, 20859.0, 20864.0, 20824.0, 20841.0, 20845.0, 20864.0, 20799.0, 20867.0, 20819.0, 20815.0, 20781.0, 20864.0, 20872.0, 20838.0, 20868.0, 20863.0, 20825.0, 20833.0, 20781.0, 20832.0, 20871.0, 20823.0, 20826.0, 20762.0, 20832.0, 20793.0, 20751.0, 20788.0, 20837.0, 20815.0, 20799.0, 20786.0, 20852.0, 20857.0, 20776.0, 20862.0, 20841.0, 20789.0, 20868.0, 20840.0, 20836.0, 20848.0, 20810.0, 20847.0, 20871.0, 20850.0, 20791.0, 20791.0, 20768.0, 20845.0, 20797.0, 20835.0, 20791.0, 20858.0, 20832.0, 20757.0, 20795.0, 20837.0, 20791.0, 20839.0, 20786.0, 20833.0, 20813.0, 20801.0, 20834.0, 20852.0, 20826.0, 20867.0, 20823.0, 20836.0, 20790.0, 20862.0, 20858.0, 20812.0, 20817.0, 20829.0, 20776.0, 20824.0, 20783.0, 20812.0, 20793.0, 20767.0, 20715.0, 20769.0, 20717.0, 20758.0, 20740.0, 20805.0, 20795.0, 20826.0, 20792.0, 20711.0, 20737.0, 20776.0, 20764.0, 20850.0, 20779.0, 20863.0, 20799.0, 20819.0, 20761.0, 20681.0, 20802.0, 20746.0, 20794.0, 20788.0, 20791.0, 20844.0, 20835.0, 20852.0, 20835.0, 20832.0, 20784.0, 20869.0, 20834.0, 20872.0, 20873.0, 20818.0, 20792.0, 20882.0, 20834.0, 20781.0, 20857.0, 20849.0, 20787.0, 20851.0, 20777.0, 20893.0, 20865.0, 20767.0, 20813.0, 20791.0, 20772.0, 20855.0, 20837.0, 20826.0, 20824.0, 20800.0, 20708.0, 20775.0, 20742.0, 20787.0, 20760.0, 20767.0, 20751.0, 20766.0, 20715.0, 20739.0, 20700.0, 20768.0, 20782.0, 20763.0, 20727.0, 20804.0, 20742.0, 20710.0, 20797.0, 20761.0, 20779.0, 20704.0, 20731.0, 20782.0, 20737.0, 20725.0, 20784.0, 20734.0, 20782.0, 20763.0, 20835.0, 20771.0, 20755.0, 20771.0, 20752.0, 20741.0, 20804.0, 20775.0, 20757.0, 20732.0, 20750.0, 20793.0, 20786.0, 20808.0, 20829.0, 20793.0, 20825.0, 20843.0, 20756.0, 20838.0, 20815.0, 20838.0, 20747.0, 20800.0, 20805.0, 20816.0, 20748.0, 20762.0, 20718.0, 20776.0, 20746.0, 20719.0, 20764.0, 20716.0, 20668.0, 20746.0, 20698.0, 20780.0, 20732.0, 20711.0, 20796.0, 20779.0, 20751.0, 20721.0, 20808.0, 20768.0, 20830.0, 20778.0, 20843.0, 20832.0, 20817.0, 20835.0, 20811.0, 20775.0, 20803.0, 20814.0, 20780.0, 20746.0, 20829.0, 20817.0, 20785.0, 20788.0, 20858.0, 20790.0, 20778.0]}, "slices": {}}}