{"AcquisitionMatrixPE": 96, "AcquisitionNumber": 1, "AcquisitionTime": "07:32:2.585000", "BandwidthPerPixelPhaseEncode": 33.602, "BaseResolution": 96, "BodyPartExamined": "BRAIN", "ConsistencyInfo": "N4_VD11D_LATEST_20110129", "ConversionSoftware": "dcm2niix", "ConversionSoftwareVersion": "v1.0.20210317", "DerivedVendorReportedEchoSpacing": 0.000620003, "DeviceSerialNumber": "45239", "DwellTime": 2.6e-06, "EchoTime": 0.03, "EchoTrainLength": 48, "EffectiveEchoSpacing": 0.000310001, "FlipAngle": 63, "ImageComments": "Unaliased MB4/PE3", "ImageOrientationPatientDICOM": [0.999875, -0.0139016, 0.00754799, 0.0158186, 0.878707, -0.477099], "ImageType": ["ORIGINAL", "PRIMARY", "M", "ND", "NORM", "MOSAIC"], "ImagingFrequency": 123.193, "InPlanePhaseEncodingDirectionDICOM": "COL", "InstitutionAddress": "E 24th St. 100,Austin,Southmiddle,US,78712", "InstitutionName": "Univ of Texas at Austin", "InstitutionalDepartmentName": "IRC", "MRAcquisitionType": "2D", "MagneticFieldStrength": 3, "Manufacturer": "Siemens", "ManufacturersModelName": "Skyra", "Modality": "MR", "MultibandAccelerationFactor": 4, "ParallelReductionFactorInPlane": 2, "PartialFourier": 1, "PatientPosition": "HFS", "PercentPhaseFOV": 100, "PercentSampling": 100, "PhaseEncodingDirection": "j-", "PhaseEncodingSteps": 96, "PhaseResolution": 1, "PixelBandwidth": 2005, "ProcedureStepDescription": "Poldrack2^self-scanning", "ProtocolName": "Resting State fMRI MBEPI_matrix96_BW2004", "PulseSequenceDetails": "%CustomerSeq%\\cmrr_mbep2d_bold", "ReceiveCoilActiveElements": "HEA;HEP", "ReceiveCoilName": "Head_32", "ReconMatrixPE": 96, "RefLinesPE": 94, "RepetitionTime": 1.16, "SAR": 0.106319, "ScanOptions": "FS", "ScanningSequence": "EP", "SequenceName": "epfid2d1_96", "SequenceVariant": "SK", "SeriesDescription": "Resting State fMRI MBEPI_matrix96_BW2004", "SeriesNumber": 6, "ShimSetting": [-2784, 8020, -15398, 163, -172, 10, 259, -65], "SliceThickness": 2, "SliceTiming": [0, 0.4975, 0.9975, 0.355, 0.855, 0.215, 0.7125, 0.0725, 0.57, 1.0675, 0.4275, 0.925, 0.285, 0.7825, 0.1425, 0.64, 0, 0.4975, 0.9975, 0.355, 0.855, 0.215, 0.7125, 0.0725, 0.57, 1.0675, 0.4275, 0.925, 0.285, 0.7825, 0.1425, 0.64, 0, 0.4975, 0.9975, 0.355, 0.855, 0.215, 0.7125, 0.0725, 0.57, 1.0675, 0.4275, 0.925, 0.285, 0.7825, 0.1425, 0.64, 0, 0.4975, 0.9975, 0.355, 0.855, 0.215, 0.7125, 0.0725, 0.57, 1.0675, 0.4275, 0.925, 0.285, 0.7825, 0.1425, 0.64], "SoftwareVersions": "syngo MR D11", "SpacingBetweenSlices": 2.4, "StationName": "AWP45239", "TaskName": "Resting fmri", "TotalReadoutTime": 0.0294501, "TxRefAmp": 346.907, "WipMemBlock": "c4a1cde9-e479-4faf-9e55-69e022fc871f||Sequence: VD11D r206; Feb 13 2013 18:52:04 by eja", "dcmmeta_affine": [[-2.395533561706543, 0.0378987155854702, 1.3049215930038827e-08, 115.5192642211914], [0.03330603241920471, 2.1052358150482178, -1.1451810598373413, -85.30036926269531], [0.018083715811371803, 1.1430498361587524, 2.109161138534546, -80.9644546508789], [0.0, 0.0, 0.0, 1.0]], "dcmmeta_reorient_transform": [[0.0, -1.0, 0.0, 95.0], [1.0, 0.0, 0.0, 0.0], [0.0, 0.0, 1.0, 0.0], [0.0, 0.0, 0.0, 1.0]], "dcmmeta_shape": [96, 96, 64, 518], "dcmmeta_slice_dim": 2, "dcmmeta_version": 0.6, "global": {"const": {"AcquisitionMatrix": [96, 0, 0, 96], "AngioFlag": "N", "BitsAllocated": 16, "BitsStored": 16, "BodyPartExamined": "BRAIN", "Columns": 768, "EchoNumbers": 1, "EchoTime": 30.0, "EchoTrainLength": 48, "FlipAngle": 63.0, "HighBit": 15, "ImageOrientationPatient": [0.99987487820212, -0.0139016491591, 0.00754798588702, 0.01581859476352, 0.87870715205309, -0.4770990599346], "ImagePositionPatient": [-936.75285809284, -810.86544106352, 405.61388114283], "ImageType": ["ORIGINAL", "PRIMARY", "M", "ND", "NORM", "MOSAIC"], "ImagedNucleus": "1H", "ImagingFrequency": 123.19322, "InPlanePhaseEncodingDirection": "COL", "MRAcquisitionType": "2D", "MagneticFieldStrength": 3.0, "Manufacturer": "SIEMENS", "ManufacturerModelName": "Skyra", "Modality": "MR", "NumberOfAverages": 1.0, "NumberOfPhaseEncodingSteps": 96, "PercentPhaseFieldOfView": 100.0, "PercentSampling": 100.0, "PerformedProcedureStepStartTime": "072152.328000", "PhotometricInterpretation": "MONOCHROME2", "PixelBandwidth": 2005.0, "PixelRepresentation": 0, "PixelSpacing": [2.3958332538605, 2.3958332538605], "ProtocolName": "Resting State fMRI MBEPI_matrix96_BW2004", "RepetitionTime": 1160.0, "Rows": 768, "SAR": 0.10631852983526, "SamplesPerPixel": 1, "ScanOptions": "FS", "ScanningSequence": "EP", "SequenceName": "epfid2d1_96", "SequenceVariant": "SK", "SeriesDescription": "Resting State fMRI MBEPI_matrix96_BW2004", "SeriesNumber": 6, "SeriesTime": "073241.171000", "SliceLocation": -30.451126417585, "SliceThickness": 2.0, "SmallestImagePixelValue": 0, "SoftwareVersions": "syngo MR D11", "SpacingBetweenSlices": 2.4000000616272, "SpecificCharacterSet": "ISO_IR 100", "StudyID": "1", "StudyTime": "072152.281000", "TransmitCoilName": "Body", "VariableFlipAngleFlag": "N", "WindowCenterWidthExplanation": "Algo1", "dBdt": 0.0}, "slices": {}}, "time": {"samples": {"AcquisitionNumber": [1, 2, 3, 4, 5, 6, 7, 8, 9, 10, 11, 12, 13, 14, 15, 16, 17, 18, 19, 20, 21, 22, 23, 24, 25, 26, 27, 28, 29, 30, 31, 32, 33, 34, 35, 36, 37, 38, 39, 40, 41, 42, 43, 44, 45, 46, 47, 48, 49, 50, 51, 52, 53, 54, 55, 56, 57, 58, 59, 60, 61, 62, 63, 64, 65, 66, 67, 68, 69, 70, 71, 72, 73, 74, 75, 76, 77, 78, 79, 80, 81, 82, 83, 84, 85, 86, 87, 88, 89, 90, 91, 92, 93, 94, 95, 96, 97, 98, 99, 100, 101, 102, 103, 104, 105, 106, 107, 108, 109, 110, 111, 112, 113, 114, 115, 116, 117, 118, 119, 120, 121, 122, 123, 124, 125, 126, 127, 128, 129, 130, 131, 132, 133, 134, 135, 136, 137, 138, 139, 140, 141, 142, 143, 144, 145, 146, 147, 148, 149, 150, 151, 152, 153, 154, 155, 156, 157, 158, 159, 160, 161, 162, 163, 164, 165, 166, 167, 168, 169, 170, 171, 172, 173, 174, 175, 176, 177, 178, 179, 180, 181, 182, 183, 184, 185, 186, 187, 188, 189, 190, 191, 192, 193, 194, 195, 196, 197, 198, 199, 200, 201, 202, 203, 204, 205, 206, 207, 208, 209, 210, 211, 212, 213, 214, 215, 216, 217, 218, 219, 220, 221, 222, 223, 224, 225, 226, 227, 228, 229, 230, 231, 232, 233, 234, 235, 236, 237, 238, 239, 240, 241, 242, 243, 244, 245, 246, 247, 248, 249, 250, 251, 252, 253, 254, 255, 256, 257, 258, 259, 260, 261, 262, 263, 264, 265, 266, 267, 268, 269, 270, 271, 272, 273, 274, 275, 276, 277, 278, 279, 280, 281, 282, 283, 284, 285, 286, 287, 288, 289, 290, 291, 292, 293, 294, 295, 296, 297, 298, 299, 300, 301, 302, 303, 304, 305, 306, 307, 308, 309, 310, 311, 312, 313, 314, 315, 316, 317, 318, 319, 320, 321, 322, 323, 324, 325, 326, 327, 328, 329, 330, 331, 332, 333, 334, 335, 336, 337, 338, 339, 340, 341, 342, 343, 344, 345, 346, 347, 348, 349, 350, 351, 352, 353, 354, 355, 356, 357, 358, 359, 360, 361, 362, 363, 364, 365, 366, 367, 368, 369, 370, 371, 372, 373, 374, 375, 376, 377, 378, 379, 380, 381, 382, 383, 384, 385, 386, 387, 388, 389, 390, 391, 392, 393, 394, 395, 396, 397, 398, 399, 400, 401, 402, 403, 404, 405, 406, 407, 408, 409, 410, 411, 412, 413, 414, 415, 416, 417, 418, 419, 420, 421, 422, 423, 424, 425, 426, 427, 428, 429, 430, 431, 432, 433, 434, 435, 436, 437, 438, 439, 440, 441, 442, 443, 444, 445, 446, 447, 448, 449, 450, 451, 452, 453, 454, 455, 456, 457, 458, 459, 460, 461, 462, 463, 464, 465, 466, 467, 468, 469, 470, 471, 472, 473, 474, 475, 476, 477, 478, 479, 480, 481, 482, 483, 484, 485, 486, 487, 488, 489, 490, 491, 492, 493, 494, 495, 496, 497, 498, 499, 500, 501, 502, 503, 504, 505, 506, 507, 508, 509, 510, 511, 512, 513, 514, 515, 516, 517, 518], "AcquisitionTime": ["073202.585000", "073231.585000", "073232.745000", "073233.905000", "073235.065000", "073236.225000", "073237.385000", "073238.545000", "073239.705000", "073240.865000", "073242.025000", "073243.185000", "073244.345000", "073245.505000", "073246.665000", "073247.825000", "073248.985000", "073250.145000", "073251.305000", "073252.465000", "073253.625000", "073254.785000", "073255.945000", "073257.105000", "073258.265000", "073259.425000", "073300.585000", "073301.745000", "073302.905000", "073304.065000", "073305.225000", "073306.385000", "073307.545000", "073308.705000", "073309.865000", "073311.025000", "073312.185000", "073313.345000", "073314.505000", "073315.665000", "073316.825000", "073317.985000", "073319.145000", "073320.305000", "073321.465000", "073322.625000", "073323.785000", "073324.945000", "073326.105000", "073327.265000", "073328.425000", "073329.585000", "073330.745000", "073331.905000", "073333.065000", "073334.225000", "073335.385000", "073336.545000", "073337.705000", "073338.865000", "073340.025000", "073341.185000", "073342.345000", "073343.505000", "073344.665000", "073345.825000", "073346.985000", "073348.145000", "073349.305000", "073350.465000", "073351.625000", "073352.785000", "073353.945000", "073355.105000", "073356.265000", "073357.425000", "073358.585000", "073359.745000", "073400.905000", "073402.065000", "073403.225000", "073404.385000", "073405.545000", "073406.705000", "073407.865000", "073409.025000", "073410.185000", "073411.345000", "073412.505000", "073413.665000", "073414.825000", "073415.985000", "073417.145000", "073418.305000", "073419.465000", "073420.625000", "073421.785000", "073422.945000", "073424.105000", "073425.265000", "073426.425000", "073427.585000", "073428.745000", "073429.905000", "073431.065000", "073432.225000", "073433.385000", "073434.545000", "073435.705000", "073436.865000", "073438.025000", "073439.185000", "073440.345000", "073441.507500", "073442.667500", "073443.827500", "073444.987500", "073446.147500", "073447.307500", "073448.467500", "073449.627500", "073450.787500", "073451.947500", "073453.107500", "073454.267500", "073455.427500", "073456.587500", "073457.747500", "073458.907500", "073500.067500", "073501.227500", "073502.387500", "073503.547500", "073504.707500", "073505.867500", "073507.027500", "073508.187500", "073509.347500", "073510.507500", "073511.667500", "073512.827500", "073513.987500", "073515.147500", "073516.307500", "073517.467500", "073518.627500", "073519.787500", "073520.947500", "073522.107500", "073523.267500", "073524.427500", "073525.587500", "073526.747500", "073527.907500", "073529.067500", "073530.227500", "073531.387500", "073532.547500", "073533.707500", "073534.867500", "073536.027500", "073537.187500", "073538.347500", "073539.507500", "073540.667500", "073541.827500", "073542.987500", "073544.147500", "073545.307500", "073546.467500", "073547.627500", "073548.787500", "073549.947500", "073551.107500", "073552.267500", "073553.427500", "073554.587500", "073555.747500", "073556.907500", "073558.067500", "073559.227500", "073600.387500", "073601.547500", "073602.707500", "073603.867500", "073605.027500", "073606.187500", "073607.347500", "073608.507500", "073609.667500", "073610.827500", "073611.987500", "073613.147500", "073614.307500", "073615.467500", "073616.627500", "073617.787500", "073618.947500", "073620.107500", "073621.267500", "073622.427500", "073623.587500", "073624.747500", "073625.907500", "073627.067500", "073628.227500", "073629.387500", "073630.547500", "073631.707500", "073632.867500", "073634.027500", "073635.187500", "073636.347500", "073637.507500", "073638.667500", "073639.827500", "073640.987500", "073642.147500", "073643.307500", "073644.467500", "073645.627500", "073646.787500", "073647.947500", "073649.107500", "073650.267500", "073651.427500", "073652.587500", "073653.747500", "073654.907500", "073656.067500", "073657.227500", "073658.387500", "073659.547500", "073700.707500", "073701.867500", "073703.027500", "073704.187500", "073705.347500", "073706.507500", "073707.667500", "073708.827500", "073709.987500", "073711.147500", "073712.307500", "073713.467500", "073714.627500", "073715.787500", "073716.947500", "073718.107500", "073719.267500", "073720.427500", "073721.587500", "073722.747500", "073723.907500", "073725.067500", "073726.227500", "073727.387500", "073728.547500", "073729.707500", "073730.867500", "073732.027500", "073733.187500", "073734.347500", "073735.507500", "073736.667500", "073737.827500", "073738.987500", "073740.147500", "073741.307500", "073742.467500", "073743.627500", "073744.787500", "073745.947500", "073747.107500", "073748.267500", "073749.427500", "073750.587500", "073751.747500", "073752.907500", "073754.067500", "073755.227500", "073756.387500", "073757.547500", "073758.707500", "073759.867500", "073801.027500", "073802.187500", "073803.347500", "073804.507500", "073805.667500", "073806.827500", "073807.987500", "073809.147500", "073810.307500", "073811.467500", "073812.627500", "073813.787500", "073814.947500", "073816.107500", "073817.267500", "073818.427500", "073819.587500", "073820.747500", "073821.907500", "073823.067500", "073824.227500", "073825.387500", "073826.547500", "073827.707500", "073828.867500", "073830.027500", "073831.187500", "073832.347500", "073833.507500", "073834.667500", "073835.827500", "073836.987500", "073838.147500", "073839.307500", "073840.467500", "073841.627500", "073842.787500", "073843.947500", "073845.107500", "073846.267500", "073847.427500", "073848.587500", "073849.747500", "073850.907500", "073852.067500", "073853.227500", "073854.387500", "073855.547500", "073856.707500", "073857.867500", "073859.027500", "073900.187500", "073901.347500", "073902.507500", "073903.667500", "073904.827500", "073905.987500", "073907.147500", "073908.307500", "073909.467500", "073910.627500", "073911.787500", "073912.947500", "073914.107500", "073915.267500", "073916.427500", "073917.587500", "073918.747500", "073919.907500", "073921.067500", "073922.227500", "073923.387500", "073924.547500", "073925.707500", "073926.867500", "073928.027500", "073929.187500", "073930.347500", "073931.510000", "073932.670000", "073933.830000", "073934.990000", "073936.150000", "073937.310000", "073938.470000", "073939.630000", "073940.790000", "073941.950000", "073943.110000", "073944.270000", "073945.430000", "073946.590000", "073947.750000", "073948.910000", "073950.070000", "073951.230000", "073952.390000", "073953.550000", "073954.710000", "073955.870000", "073957.030000", "073958.190000", "073959.350000", "074000.510000", "074001.670000", "074002.830000", "074003.990000", "074005.150000", "074006.310000", "074007.470000", "074008.630000", "074009.790000", "074010.950000", "074012.110000", "074013.270000", "074014.430000", "074015.590000", "074016.750000", "074017.910000", "074019.070000", "074020.230000", "074021.390000", "074022.550000", "074023.710000", "074024.870000", "074026.030000", "074027.190000", "074028.350000", "074029.510000", "074030.670000", "074031.830000", "074032.990000", "074034.150000", "074035.310000", "074036.470000", "074037.630000", "074038.790000", "074039.950000", "074041.110000", "074042.270000", "074043.430000", "074044.590000", "074045.750000", "074046.910000", "074048.070000", "074049.230000", "074050.390000", "074051.550000", "074052.710000", "074053.870000", "074055.030000", "074056.190000", "074057.350000", "074058.510000", "074059.670000", "074100.830000", "074101.990000", "074103.150000", "074104.310000", "074105.470000", "074106.630000", "074107.790000", "074108.950000", "074110.110000", "074111.270000", "074112.430000", "074113.590000", "074114.750000", "074115.910000", "074117.070000", "074118.230000", "074119.390000", "074120.550000", "074121.710000", "074122.870000", "074124.030000", "074125.190000", "074126.350000", "074127.510000", "074128.670000", "074129.830000", "074130.990000", "074132.150000", "074133.310000", "074134.470000", "074135.630000", "074136.790000", "074137.950000", "074139.110000", "074140.270000", "074141.430000", "074142.590000", "074143.750000", "074144.910000", "074146.070000", "074147.230000", "074148.390000", "074149.550000", "074150.710000", "074151.870000", "074153.030000", "074154.190000", "074155.350000", "074156.510000", "074157.670000", "074158.830000", "074159.990000", "074201.150000", "074202.310000", "074203.470000", "074204.630000", "074205.790000", "074206.950000", "074208.110000", "074209.270000", "074210.430000", "074211.590000", "074212.750000", "074213.910000", "074215.070000", "074216.230000", "074217.390000", "074218.550000", "074219.710000", "074220.870000", "074222.030000", "074223.190000", "074224.350000", "074225.510000", "074226.670000", "074227.830000", "074228.990000", "074230.150000"], "ContentTime": ["073241.171000", "073245.843000", "073245.843000", "073245.843000", "073245.859000", "073250.843000", "073250.843000", "073250.843000", "073250.859000", "073255.843000", "073255.843000", "073255.859000", "073300.843000", "073300.843000", "073300.859000", "073300.859000", "073305.843000", "073305.843000", "073305.843000", "073305.859000", "073310.843000", "073310.843000", "073310.843000", "073310.859000", "073315.843000", "073315.843000", "073315.843000", "073320.843000", "073320.843000", "073320.859000", "073320.859000", "073325.843000", "073325.843000", "073325.843000", "073325.859000", "073330.843000", "073330.843000", "073330.843000", "073330.859000", "073335.843000", "073335.843000", "073335.843000", "073335.859000", "073340.843000", "073340.843000", "073340.843000", "073340.859000", "073345.843000", "073345.843000", "073345.859000", "073345.859000", "073350.843000", "073350.843000", "073350.859000", "073350.859000", "073355.843000", "073355.843000", "073355.843000", "073355.859000", "073400.843000", "073400.843000", "073400.843000", "073400.859000", "073405.843000", "073405.843000", "073405.843000", "073410.843000", "073410.843000", "073410.843000", "073410.859000", "073415.843000", "073415.843000", "073415.843000", "073415.859000", "073420.843000", "073420.843000", "073420.843000", "073420.859000", "073425.843000", "073425.843000", "073425.843000", "073430.843000", "073430.843000", "073430.843000", "073430.859000", "073435.843000", "073435.843000", "073435.843000", "073435.859000", "073440.843000", "073440.843000", "073440.843000", "073445.843000", "073445.843000", "073445.843000", "073445.859000", "073450.843000", "073450.843000", "073450.843000", "073450.859000", "073455.843000", "073455.843000", "073455.843000", "073455.859000", "073500.843000", "073500.843000", "073500.843000", "073500.859000", "073505.843000", "073505.843000", "073505.859000", "073505.875000", "073510.843000", "073510.843000", "073510.843000", "073510.859000", "073515.843000", "073515.843000", "073515.859000", "073515.859000", "073520.843000", "073520.843000", "073520.843000", "073520.859000", "073525.843000", "073525.843000", "073525.843000", "073525.859000", "073530.843000", "073530.843000", "073530.843000", "073535.843000", "073535.843000", "073535.843000", "073535.859000", "073540.843000", "073540.843000", "073540.843000", "073540.859000", "073545.843000", "073545.843000", "073545.843000", "073550.843000", "073550.843000", "073550.843000", "073550.859000", "073555.843000", "073555.843000", "073555.843000", "073600.843000", "073600.843000", "073600.843000", "073600.859000", "073605.843000", "073605.843000", "073605.859000", "073605.859000", "073610.843000", "073610.843000", "073610.859000", "073610.859000", "073615.843000", "073615.843000", "073615.859000", "073615.859000", "073620.843000", "073620.843000", "073620.843000", "073620.859000", "073625.843000", "073625.843000", "073625.843000", "073625.859000", "073630.843000", "073630.843000", "073630.843000", "073635.890000", "073635.890000", "073635.890000", "073635.906000", "073635.906000", "073640.843000", "073640.843000", "073640.843000", "073645.843000", "073645.843000", "073645.859000", "073645.859000", "073650.843000", "073650.843000", "073650.843000", "073650.859000", "073655.843000", "073655.843000", "073655.843000", "073655.859000", "073700.843000", "073700.843000", "073700.843000", "073700.859000", "073705.843000", "073705.859000", "073705.859000", "073710.843000", "073710.843000", "073710.843000", "073710.859000", "073715.843000", "073715.843000", "073715.843000", "073715.859000", "073720.843000", "073720.843000", "073720.843000", "073720.890000", "073725.843000", "073725.843000", "073725.843000", "073725.859000", "073730.843000", "073730.843000", "073730.843000", "073730.859000", "073735.843000", "073735.843000", "073735.843000", "073735.859000", "073740.843000", "073740.843000", "073740.843000", "073740.859000", "073745.843000", "073745.843000", "073745.843000", "073745.859000", "073750.843000", "073750.843000", "073750.843000", "073755.843000", "073755.843000", "073755.843000", "073755.859000", "073800.843000", "073800.843000", "073800.859000", "073800.859000", "073805.843000", "073805.843000", "073805.843000", "073810.843000", "073810.843000", "073810.843000", "073810.859000", "073815.843000", "073815.843000", "073815.843000", "073815.859000", "073820.843000", "073820.859000", "073820.859000", "073820.859000", "073825.843000", "073825.843000", "073825.843000", "073825.859000", "073830.843000", "073830.843000", "073830.843000", "073830.859000", "073835.843000", "073835.843000", "073835.843000", "073835.859000", "073840.843000", "073840.843000", "073840.843000", "073840.859000", "073845.843000", "073845.843000", "073845.843000", "073845.859000", "073850.843000", "073850.843000", "073850.843000", "073850.859000", "073855.843000", "073855.843000", "073855.843000", "073855.859000", "073900.843000", "073900.843000", "073900.843000", "073900.859000", "073905.843000", "073905.843000", "073905.843000", "073910.843000", "073910.843000", "073910.843000", "073910.859000", "073910.859000", "073915.843000", "073915.843000", "073915.843000", "073920.843000", "073920.843000", "073920.843000", "073920.859000", "073925.843000", "073925.843000", "073925.843000", "073925.859000", "073930.843000", "073930.843000", "073930.843000", "073935.843000", "073935.843000", "073935.843000", "073935.859000", "073940.843000", "073940.843000", "073940.843000", "073940.859000", "073945.843000", "073945.843000", "073945.859000", "073945.859000", "073950.843000", "073950.843000", "073950.843000", "073955.843000", "073955.843000", "073955.859000", "073955.859000", "074000.843000", "074000.843000", "074000.843000", "074005.843000", "074005.859000", "074005.859000", "074005.859000", "074010.843000", "074010.843000", "074010.843000", "074010.859000", "074010.859000", "074015.843000", "074015.843000", "074015.843000", "074015.859000", "074020.843000", "074020.843000", "074020.843000", "074025.843000", "074025.843000", "074025.843000", "074025.859000", "074030.843000", "074030.843000", "074030.843000", "074030.859000", "074035.843000", "074035.843000", "074035.859000", "074035.859000", "074040.843000", "074040.843000", "074040.843000", "074040.859000", "074045.843000", "074045.843000", "074045.843000", "074045.859000", "074050.843000", "074050.843000", "074050.843000", "074055.843000", "074055.843000", "074055.843000", "074055.859000", "074100.843000", "074100.843000", "074100.843000", "074100.859000", "074105.843000", "074105.843000", "074105.843000", "074105.859000", "074110.843000", "074110.843000", "074110.859000", "074115.843000", "074115.843000", "074115.843000", "074115.859000", "074120.843000", "074120.843000", "074120.859000", "074120.859000", "074125.843000", "074125.843000", "074125.859000", "074125.859000", "074130.843000", "074130.843000", "074130.843000", "074130.859000", "074135.843000", "074135.843000", "074135.843000", "074140.843000", "074140.843000", "074140.843000", "074140.859000", "074145.843000", "074145.843000", "074145.843000", "074150.843000", "074150.843000", "074150.843000", "074150.859000", "074155.843000", "074155.843000", "074155.843000", "074155.859000", "074200.843000", "074200.843000", "074200.843000", "074205.843000", "074205.843000", "074205.843000", "074205.859000", "074210.843000", "074210.843000", "074210.843000", "074210.859000", "074215.843000", "074215.843000", "074215.843000", "074215.859000", "074225.843000", "074225.843000", "074225.843000", "074225.859000", "074225.859000", "074225.859000", "074225.859000", "074230.843000", "074230.843000", "074230.859000", "074230.859000", "074235.843000", "074235.843000", "074235.843000", "074235.859000", "074240.843000", "074240.843000", "074240.843000", "074245.843000", "074245.843000", "074245.843000", "074245.859000", "074245.859000", "074250.843000", "074250.843000", "074250.843000", "074250.859000", "074255.843000", "074255.843000", "074255.843000", "074255.859000", "074300.843000", "074300.843000", "074300.859000", "074300.859000", "074305.843000", "074305.843000", "074305.843000", "074305.859000", "074310.843000", "074310.843000", "074310.875000", "074310.875000", "074315.843000", "074315.843000", "074315.859000", "074315.859000", "074320.843000", "074320.843000", "074320.843000", "074320.859000", "074325.843000", "074325.843000", "074325.843000", "074325.859000", "074325.859000", "074330.843000", "074330.843000", "074330.843000", "074330.859000", "074335.843000", "074335.843000", "074335.859000", "074340.843000", "074340.843000", "074340.843000", "074340.859000", "074345.843000", "074345.843000", "074345.843000", "074345.859000", "074350.843000", "074350.843000", "074350.843000", "074354.203000", "074354.203000", "074354.203000", "074354.203000"], "InstanceCreationTime": ["073241.171000", "073245.843000", "073245.843000", "073245.843000", "073245.859000", "073250.843000", "073250.843000", "073250.843000", "073250.859000", "073255.843000", "073255.843000", "073255.859000", "073300.843000", "073300.843000", "073300.859000", "073300.859000", "073305.843000", "073305.843000", "073305.843000", "073305.859000", "073310.843000", "073310.843000", "073310.843000", "073310.859000", "073315.843000", "073315.843000", "073315.843000", "073320.843000", "073320.843000", "073320.859000", "073320.859000", "073325.843000", "073325.843000", "073325.843000", "073325.859000", "073330.843000", "073330.843000", "073330.843000", "073330.859000", "073335.843000", "073335.843000", "073335.843000", "073335.859000", "073340.843000", "073340.843000", "073340.843000", "073340.859000", "073345.843000", "073345.843000", "073345.859000", "073345.859000", "073350.843000", "073350.843000", "073350.859000", "073350.859000", "073355.843000", "073355.843000", "073355.843000", "073355.859000", "073400.843000", "073400.843000", "073400.843000", "073400.859000", "073405.843000", "073405.843000", "073405.843000", "073410.843000", "073410.843000", "073410.843000", "073410.859000", "073415.843000", "073415.843000", "073415.843000", "073415.859000", "073420.843000", "073420.843000", "073420.843000", "073420.859000", "073425.843000", "073425.843000", "073425.843000", "073430.843000", "073430.843000", "073430.843000", "073430.859000", "073435.843000", "073435.843000", "073435.843000", "073435.859000", "073440.843000", "073440.843000", "073440.843000", "073445.843000", "073445.843000", "073445.843000", "073445.859000", "073450.843000", "073450.843000", "073450.843000", "073450.859000", "073455.843000", "073455.843000", "073455.843000", "073455.859000", "073500.843000", "073500.843000", "073500.843000", "073500.859000", "073505.843000", "073505.843000", "073505.859000", "073505.875000", "073510.843000", "073510.843000", "073510.843000", "073510.859000", "073515.843000", "073515.843000", "073515.859000", "073515.859000", "073520.843000", "073520.843000", "073520.843000", "073520.859000", "073525.843000", "073525.843000", "073525.843000", "073525.859000", "073530.843000", "073530.843000", "073530.843000", "073535.843000", "073535.843000", "073535.843000", "073535.859000", "073540.843000", "073540.843000", "073540.843000", "073540.859000", "073545.843000", "073545.843000", "073545.843000", "073550.843000", "073550.843000", "073550.843000", "073550.859000", "073555.843000", "073555.843000", "073555.843000", "073600.843000", "073600.843000", "073600.843000", "073600.859000", "073605.843000", "073605.843000", "073605.859000", "073605.859000", "073610.843000", "073610.843000", "073610.859000", "073610.859000", "073615.843000", "073615.843000", "073615.859000", "073615.859000", "073620.843000", "073620.843000", "073620.843000", "073620.859000", "073625.843000", "073625.843000", "073625.843000", "073625.859000", "073630.843000", "073630.843000", "073630.843000", "073635.890000", "073635.890000", "073635.890000", "073635.906000", "073635.906000", "073640.843000", "073640.843000", "073640.843000", "073645.843000", "073645.843000", "073645.859000", "073645.859000", "073650.843000", "073650.843000", "073650.843000", "073650.859000", "073655.843000", "073655.843000", "073655.843000", "073655.859000", "073700.843000", "073700.843000", "073700.843000", "073700.859000", "073705.843000", "073705.859000", "073705.859000", "073710.843000", "073710.843000", "073710.843000", "073710.859000", "073715.843000", "073715.843000", "073715.843000", "073715.859000", "073720.843000", "073720.843000", "073720.843000", "073720.890000", "073725.843000", "073725.843000", "073725.843000", "073725.859000", "073730.843000", "073730.843000", "073730.843000", "073730.859000", "073735.843000", "073735.843000", "073735.843000", "073735.859000", "073740.843000", "073740.843000", "073740.843000", "073740.859000", "073745.843000", "073745.843000", "073745.843000", "073745.859000", "073750.843000", "073750.843000", "073750.843000", "073755.843000", "073755.843000", "073755.843000", "073755.859000", "073800.843000", "073800.843000", "073800.859000", "073800.859000", "073805.843000", "073805.843000", "073805.843000", "073810.843000", "073810.843000", "073810.843000", "073810.859000", "073815.843000", "073815.843000", "073815.843000", "073815.859000", "073820.843000", "073820.859000", "073820.859000", "073820.859000", "073825.843000", "073825.843000", "073825.843000", "073825.859000", "073830.843000", "073830.843000", "073830.843000", "073830.859000", "073835.843000", "073835.843000", "073835.843000", "073835.859000", "073840.843000", "073840.843000", "073840.843000", "073840.859000", "073845.843000", "073845.843000", "073845.843000", "073845.859000", "073850.843000", "073850.843000", "073850.843000", "073850.859000", "073855.843000", "073855.843000", "073855.843000", "073855.859000", "073900.843000", "073900.843000", "073900.843000", "073900.859000", "073905.843000", "073905.843000", "073905.843000", "073910.843000", "073910.843000", "073910.843000", "073910.859000", "073910.859000", "073915.843000", "073915.843000", "073915.843000", "073920.843000", "073920.843000", "073920.843000", "073920.859000", "073925.843000", "073925.843000", "073925.843000", "073925.859000", "073930.843000", "073930.843000", "073930.843000", "073935.843000", "073935.843000", "073935.843000", "073935.859000", "073940.843000", "073940.843000", "073940.843000", "073940.859000", "073945.843000", "073945.843000", "073945.859000", "073945.859000", "073950.843000", "073950.843000", "073950.843000", "073955.843000", "073955.843000", "073955.859000", "073955.859000", "074000.843000", "074000.843000", "074000.843000", "074005.843000", "074005.859000", "074005.859000", "074005.859000", "074010.843000", "074010.843000", "074010.843000", "074010.859000", "074010.859000", "074015.843000", "074015.843000", "074015.843000", "074015.859000", "074020.843000", "074020.843000", "074020.843000", "074025.843000", "074025.843000", "074025.843000", "074025.859000", "074030.843000", "074030.843000", "074030.843000", "074030.859000", "074035.843000", "074035.843000", "074035.859000", "074035.859000", "074040.843000", "074040.843000", "074040.843000", "074040.859000", "074045.843000", "074045.843000", "074045.843000", "074045.859000", "074050.843000", "074050.843000", "074050.843000", "074055.843000", "074055.843000", "074055.843000", "074055.859000", "074100.843000", "074100.843000", "074100.843000", "074100.859000", "074105.843000", "074105.843000", "074105.843000", "074105.859000", "074110.843000", "074110.843000", "074110.859000", "074115.843000", "074115.843000", "074115.843000", "074115.859000", "074120.843000", "074120.843000", "074120.859000", "074120.859000", "074125.843000", "074125.843000", "074125.859000", "074125.859000", "074130.843000", "074130.843000", "074130.843000", "074130.859000", "074135.843000", "074135.843000", "074135.843000", "074140.843000", "074140.843000", "074140.843000", "074140.859000", "074145.843000", "074145.843000", "074145.843000", "074150.843000", "074150.843000", "074150.843000", "074150.859000", "074155.843000", "074155.843000", "074155.843000", "074155.859000", "074200.843000", "074200.843000", "074200.843000", "074205.843000", "074205.843000", "074205.843000", "074205.859000", "074210.843000", "074210.843000", "074210.843000", "074210.859000", "074215.843000", "074215.843000", "074215.843000", "074215.859000", "074225.843000", "074225.843000", "074225.843000", "074225.859000", "074225.859000", "074225.859000", "074225.859000", "074230.843000", "074230.843000", "074230.859000", "074230.859000", "074235.843000", "074235.843000", "074235.843000", "074235.859000", "074240.843000", "074240.843000", "074240.843000", "074245.843000", "074245.843000", "074245.843000", "074245.859000", "074245.859000", "074250.843000", "074250.843000", "074250.843000", "074250.859000", "074255.843000", "074255.843000", "074255.843000", "074255.859000", "074300.843000", "074300.843000", "074300.859000", "074300.859000", "074305.843000", "074305.843000", "074305.843000", "074305.859000", "074310.843000", "074310.843000", "074310.875000", "074310.875000", "074315.843000", "074315.843000", "074315.859000", "074315.859000", "074320.843000", "074320.843000", "074320.843000", "074320.859000", "074325.843000", "074325.843000", "074325.843000", "074325.859000", "074325.859000", "074330.843000", "074330.843000", "074330.843000", "074330.859000", "074335.843000", "074335.843000", "074335.859000", "074340.843000", "074340.843000", "074340.843000", "074340.859000", "074345.843000", "074345.843000", "074345.843000", "074345.859000", "074350.843000", "074350.843000", "074350.843000", "074354.203000", "074354.203000", "074354.203000", "074354.203000"], "InstanceNumber": [1, 2, 3, 4, 5, 6, 7, 8, 9, 10, 11, 12, 13, 14, 15, 16, 17, 18, 19, 20, 21, 22, 23, 24, 25, 26, 27, 28, 29, 30, 31, 32, 33, 34, 35, 36, 37, 38, 39, 40, 41, 42, 43, 44, 45, 46, 47, 48, 49, 50, 51, 52, 53, 54, 55, 56, 57, 58, 59, 60, 61, 62, 63, 64, 65, 66, 67, 68, 69, 70, 71, 72, 73, 74, 75, 76, 77, 78, 79, 80, 81, 82, 83, 84, 85, 86, 87, 88, 89, 90, 91, 92, 93, 94, 95, 96, 97, 98, 99, 100, 101, 102, 103, 104, 105, 106, 107, 108, 109, 110, 111, 112, 113, 114, 115, 116, 117, 118, 119, 120, 121, 122, 123, 124, 125, 126, 127, 128, 129, 130, 131, 132, 133, 134, 135, 136, 137, 138, 139, 140, 141, 142, 143, 144, 145, 146, 147, 148, 149, 150, 151, 152, 153, 154, 155, 156, 157, 158, 159, 160, 161, 162, 163, 164, 165, 166, 167, 168, 169, 170, 171, 172, 173, 174, 175, 176, 177, 178, 179, 180, 181, 182, 183, 184, 185, 186, 187, 188, 189, 190, 191, 192, 193, 194, 195, 196, 197, 198, 199, 200, 201, 202, 203, 204, 205, 206, 207, 208, 209, 210, 211, 212, 213, 214, 215, 216, 217, 218, 219, 220, 221, 222, 223, 224, 225, 226, 227, 228, 229, 230, 231, 232, 233, 234, 235, 236, 237, 238, 239, 240, 241, 242, 243, 244, 245, 246, 247, 248, 249, 250, 251, 252, 253, 254, 255, 256, 257, 258, 259, 260, 261, 262, 263, 264, 265, 266, 267, 268, 269, 270, 271, 272, 273, 274, 275, 276, 277, 278, 279, 280, 281, 282, 283, 284, 285, 286, 287, 288, 289, 290, 291, 292, 293, 294, 295, 296, 297, 298, 299, 300, 301, 302, 303, 304, 305, 306, 307, 308, 309, 310, 311, 312, 313, 314, 315, 316, 317, 318, 319, 320, 321, 322, 323, 324, 325, 326, 327, 328, 329, 330, 331, 332, 333, 334, 335, 336, 337, 338, 339, 340, 341, 342, 343, 344, 345, 346, 347, 348, 349, 350, 351, 352, 353, 354, 355, 356, 357, 358, 359, 360, 361, 362, 363, 364, 365, 366, 367, 368, 369, 370, 371, 372, 373, 374, 375, 376, 377, 378, 379, 380, 381, 382, 383, 384, 385, 386, 387, 388, 389, 390, 391, 392, 393, 394, 395, 396, 397, 398, 399, 400, 401, 402, 403, 404, 405, 406, 407, 408, 409, 410, 411, 412, 413, 414, 415, 416, 417, 418, 419, 420, 421, 422, 423, 424, 425, 426, 427, 428, 429, 430, 431, 432, 433, 434, 435, 436, 437, 438, 439, 440, 441, 442, 443, 444, 445, 446, 447, 448, 449, 450, 451, 452, 453, 454, 455, 456, 457, 458, 459, 460, 461, 462, 463, 464, 465, 466, 467, 468, 469, 470, 471, 472, 473, 474, 475, 476, 477, 478, 479, 480, 481, 482, 483, 484, 485, 486, 487, 488, 489, 490, 491, 492, 493, 494, 495, 496, 497, 498, 499, 500, 501, 502, 503, 504, 505, 506, 507, 508, 509, 510, 511, 512, 513, 514, 515, 516, 517, 518], "LargestImagePixelValue": [26181, 25762, 25636, 25774, 26125, 25363, 25699, 25327, 25309, 24980, 25409, 25308, 25515, 25335, 25357, 25597, 25455, 25463, 25347, 25708, 25684, 25395, 25581, 25371, 25678, 25442, 25383, 25485, 25404, 25582, 25505, 25519, 25404, 25359, 25560, 25351, 25437, 25462, 25567, 25323, 25267, 25409, 25439, 25353, 25588, 25664, 25806, 25435, 25498, 25486, 25277, 25325, 25440, 25464, 26049, 25555, 25568, 25361, 25570, 25462, 25551, 25266, 25241, 26354, 25411, 25411, 25162, 25380, 25525, 25223, 25507, 25365, 25337, 25218, 25552, 25221, 25274, 25420, 25365, 25210, 25249, 25237, 25493, 25291, 25482, 25356, 25571, 25375, 25322, 25269, 25424, 25289, 25266, 25415, 25268, 25265, 25520, 25256, 25514, 25371, 25443, 25294, 25419, 25426, 25386, 25614, 25044, 25388, 25539, 25310, 25372, 25302, 25199, 25229, 25016, 25233, 25418, 25309, 25426, 25367, 25336, 25268, 25341, 25532, 25317, 26013, 25342, 25306, 25457, 25243, 25403, 25387, 25318, 25452, 25304, 25313, 25226, 25597, 25269, 25517, 25334, 25718, 25510, 25429, 25584, 25458, 25455, 25378, 25543, 25233, 25378, 25161, 25538, 25349, 25680, 25425, 25646, 25258, 25290, 25290, 25312, 25534, 25487, 25303, 25369, 25369, 26090, 25405, 25289, 25455, 24982, 25254, 25405, 25374, 25031, 27500, 25276, 25366, 25331, 25030, 25213, 25210, 25446, 25640, 25280, 25291, 25348, 25339, 25252, 25262, 25214, 25368, 26283, 25419, 25546, 25243, 25209, 25027, 25450, 25260, 25242, 25299, 25365, 25408, 25372, 25532, 25141, 25258, 25183, 25323, 25190, 26286, 25169, 25437, 25277, 25456, 25172, 25240, 25331, 25213, 25271, 25345, 25324, 25408, 25348, 25208, 25244, 25485, 25245, 25401, 25526, 25399, 25030, 25195, 24955, 25480, 25324, 25375, 25267, 25335, 25210, 25312, 25584, 25972, 25050, 25136, 25107, 25353, 25351, 25175, 25377, 25186, 25771, 25211, 25446, 25219, 25435, 25525, 25472, 26224, 25357, 25617, 25257, 25409, 25030, 25304, 25447, 25546, 25436, 25612, 25663, 25280, 25565, 25237, 25379, 25274, 25365, 25238, 26517, 25440, 25056, 25298, 25080, 25209, 25327, 25325, 25066, 25085, 25365, 25278, 25151, 25681, 25277, 25162, 25256, 25340, 25760, 25369, 25474, 25271, 25326, 25442, 25537, 25456, 25469, 26918, 27184, 25344, 25355, 25240, 25247, 25186, 25309, 25248, 25372, 25371, 25344, 25308, 26304, 25359, 25454, 25106, 27592, 25373, 25196, 26588, 25126, 25155, 25381, 25228, 25383, 25432, 25483, 25317, 25085, 25020, 25161, 25262, 25307, 25164, 25070, 25251, 25431, 25092, 25388, 25232, 25117, 25138, 25290, 25449, 25329, 29627, 25260, 25350, 25403, 25306, 25490, 25306, 25281, 25199, 25354, 25227, 25213, 25414, 25583, 25417, 25224, 25401, 25203, 25365, 25256, 25250, 25371, 25147, 25391, 25618, 25159, 25123, 25264, 25241, 25641, 25261, 25303, 25197, 25141, 25377, 25320, 25278, 26915, 25441, 25178, 26730, 25602, 25242, 25303, 25536, 25288, 25235, 25241, 25315, 25444, 25272, 25270, 25300, 25264, 25437, 26299, 25494, 25429, 25606, 25354, 25450, 25541, 25520, 25370, 25299, 25642, 25697, 25418, 25235, 26662, 25514, 25115, 25437, 25306, 25198, 25416, 25211, 25477, 25427, 25211, 25198, 25345, 25379, 25200, 25553, 25175, 25335, 26071, 25237, 25393, 25128, 25393, 25228, 25583, 25300, 25020, 25266, 25417, 25440, 25204, 25159, 25254, 25545, 25292, 25125, 25393, 25360, 25524, 25266, 25295, 25177, 25410, 26728, 25479, 25378, 25367, 25856, 25456, 25217, 25499, 25411, 25174, 25167, 25243, 25618, 25333, 25263, 25058, 25483, 25514, 25467, 25242, 25955, 25279, 25469, 25482, 25222, 24981, 25191, 25419, 25595, 25257, 25478, 25277, 25451, 25526, 25312, 25693, 25455, 25487, 25262, 25194, 25285, 25467, 25167, 25413, 25060, 25518, 25489, 25126, 25138, 25358, 25533, 25073, 25260, 25106, 25521], "WindowCenter": [10077.0, 10063.0, 10062.0, 10077.0, 10071.0, 10071.0, 10055.0, 10061.0, 10069.0, 10059.0, 10057.0, 10045.0, 10064.0, 10068.0, 10048.0, 10070.0, 10054.0, 10072.0, 10043.0, 10049.0, 10049.0, 10060.0, 10045.0, 10058.0, 10059.0, 10074.0, 10072.0, 10058.0, 10035.0, 10082.0, 10041.0, 10071.0, 10068.0, 10054.0, 10057.0, 10063.0, 10061.0, 10051.0, 10059.0, 10074.0, 10061.0, 10064.0, 10064.0, 10052.0, 10051.0, 10064.0, 10068.0, 10063.0, 10051.0, 10062.0, 10039.0, 10057.0, 10058.0, 10066.0, 10053.0, 10053.0, 10047.0, 10043.0, 10036.0, 10058.0, 10053.0, 10048.0, 10065.0, 10062.0, 10050.0, 10054.0, 10041.0, 10058.0, 10067.0, 10039.0, 10051.0, 10045.0, 10064.0, 10042.0, 10055.0, 10055.0, 10049.0, 10043.0, 10033.0, 10052.0, 10062.0, 10053.0, 10035.0, 10038.0, 10048.0, 10057.0, 10054.0, 10035.0, 10048.0, 10043.0, 10062.0, 10055.0, 10054.0, 10050.0, 10052.0, 10043.0, 10043.0, 10044.0, 10040.0, 10027.0, 10024.0, 10038.0, 10044.0, 10033.0, 10055.0, 10063.0, 10041.0, 10043.0, 10026.0, 10025.0, 10026.0, 10035.0, 10001.0, 10029.0, 10029.0, 10033.0, 10039.0, 10052.0, 10046.0, 10035.0, 10034.0, 10059.0, 10076.0, 10074.0, 10055.0, 10076.0, 10046.0, 10045.0, 10055.0, 10046.0, 10018.0, 10029.0, 10054.0, 10041.0, 10047.0, 10027.0, 10033.0, 10046.0, 10039.0, 10046.0, 10029.0, 10045.0, 10045.0, 10056.0, 10020.0, 10039.0, 10062.0, 10043.0, 10026.0, 10061.0, 10044.0, 10057.0, 10033.0, 10040.0, 10030.0, 10035.0, 10033.0, 10042.0, 10037.0, 10042.0, 10039.0, 10052.0, 10057.0, 10032.0, 10031.0, 10044.0, 10029.0, 10045.0, 10031.0, 10031.0, 10029.0, 10035.0, 10045.0, 10039.0, 10024.0, 10033.0, 10013.0, 10031.0, 10038.0, 10036.0, 10046.0, 10067.0, 10050.0, 10047.0, 10037.0, 10040.0, 10031.0, 10040.0, 10037.0, 10049.0, 10033.0, 10049.0, 10050.0, 10034.0, 10028.0, 10053.0, 10040.0, 10044.0, 10027.0, 10024.0, 10036.0, 10035.0, 10023.0, 10011.0, 10020.0, 10023.0, 10021.0, 10025.0, 10036.0, 10038.0, 10028.0, 10041.0, 10022.0, 10049.0, 10035.0, 10044.0, 10037.0, 10024.0, 10045.0, 10047.0, 10036.0, 10027.0, 10030.0, 10014.0, 10026.0, 10033.0, 10027.0, 10037.0, 10036.0, 10029.0, 10034.0, 10019.0, 10032.0, 10048.0, 10037.0, 10031.0, 10037.0, 10044.0, 10033.0, 10050.0, 10023.0, 10030.0, 10033.0, 10017.0, 10011.0, 10034.0, 10029.0, 10032.0, 10023.0, 10035.0, 10039.0, 10029.0, 10028.0, 10003.0, 10022.0, 10037.0, 10036.0, 10033.0, 10017.0, 10020.0, 10032.0, 10030.0, 10018.0, 10014.0, 10003.0, 10031.0, 10044.0, 10030.0, 10026.0, 10054.0, 10028.0, 10000.0, 10006.0, 9989.0, 10009.0, 10023.0, 10022.0, 9994.0, 10004.0, 10017.0, 10021.0, 10012.0, 10029.0, 10031.0, 10014.0, 10024.0, 10034.0, 10029.0, 10035.0, 10017.0, 10030.0, 10033.0, 10036.0, 10026.0, 10018.0, 10030.0, 10025.0, 10011.0, 10029.0, 10024.0, 10020.0, 10025.0, 10034.0, 10026.0, 10015.0, 10042.0, 10040.0, 10018.0, 10000.0, 10021.0, 10017.0, 10013.0, 10029.0, 10008.0, 10014.0, 10025.0, 10042.0, 10035.0, 10008.0, 10027.0, 10022.0, 10008.0, 10028.0, 10030.0, 10006.0, 10021.0, 10004.0, 10013.0, 10019.0, 10018.0, 10000.0, 9995.0, 10039.0, 10043.0, 10016.0, 10017.0, 10009.0, 10018.0, 10002.0, 10020.0, 10021.0, 10016.0, 10010.0, 10014.0, 10012.0, 10033.0, 10023.0, 10008.0, 10049.0, 10021.0, 10028.0, 10049.0, 10013.0, 10008.0, 10010.0, 10001.0, 10035.0, 10001.0, 10027.0, 10015.0, 9992.0, 9996.0, 9986.0, 10004.0, 10007.0, 9994.0, 9983.0, 10013.0, 9995.0, 10006.0, 10011.0, 9994.0, 9984.0, 9996.0, 9994.0, 10005.0, 9996.0, 10029.0, 10012.0, 10016.0, 10022.0, 10017.0, 10034.0, 10012.0, 10021.0, 10028.0, 10027.0, 10016.0, 10039.0, 10025.0, 9994.0, 10016.0, 9984.0, 10009.0, 10024.0, 9997.0, 9998.0, 10013.0, 10013.0, 10032.0, 10028.0, 10003.0, 10008.0, 10011.0, 9990.0, 9981.0, 10006.0, 10001.0, 10000.0, 9988.0, 10006.0, 10022.0, 9995.0, 10029.0, 10005.0, 10041.0, 10029.0, 10025.0, 10007.0, 10014.0, 10010.0, 10013.0, 9976.0, 9996.0, 9987.0, 10008.0, 10007.0, 9994.0, 9998.0, 10004.0, 10000.0, 9992.0, 10026.0, 10005.0, 9999.0, 10010.0, 10019.0, 10029.0, 10026.0, 9982.0, 10011.0, 10016.0, 10014.0, 10017.0, 10017.0, 10000.0, 10015.0, 10003.0, 10008.0, 10019.0, 9991.0, 10004.0, 9996.0, 10016.0, 9999.0, 9996.0, 9994.0, 10006.0, 9993.0, 10002.0, 10001.0, 10024.0, 10017.0, 10004.0, 10021.0, 9981.0, 10013.0, 9995.0, 9993.0, 9992.0, 9999.0, 10003.0, 10011.0, 10032.0, 10016.0, 10001.0, 10003.0, 10032.0, 10004.0, 10020.0, 10007.0, 9981.0, 10000.0, 9995.0, 10016.0, 9994.0, 9985.0, 9985.0, 10001.0, 10010.0, 10007.0, 10005.0, 10003.0, 10006.0, 10019.0, 10028.0, 10001.0, 10015.0, 10019.0, 10012.0, 10010.0, 10024.0, 10003.0, 10007.0, 10000.0, 9994.0, 10007.0, 9993.0, 10022.0, 9988.0, 9991.0, 10001.0, 10022.0, 10013.0, 10010.0, 10010.0, 10019.0, 10013.0], "WindowWidth": [21391.0, 21364.0, 21354.0, 21384.0, 21373.0, 21370.0, 21342.0, 21350.0, 21360.0, 21343.0, 21340.0, 21316.0, 21359.0, 21366.0, 21327.0, 21370.0, 21337.0, 21368.0, 21314.0, 21321.0, 21324.0, 21340.0, 21315.0, 21342.0, 21343.0, 21371.0, 21365.0, 21337.0, 21299.0, 21382.0, 21310.0, 21367.0, 21360.0, 21333.0, 21341.0, 21349.0, 21349.0, 21330.0, 21342.0, 21368.0, 21348.0, 21353.0, 21354.0, 21330.0, 21329.0, 21354.0, 21356.0, 21349.0, 21322.0, 21345.0, 21304.0, 21338.0, 21347.0, 21362.0, 21334.0, 21330.0, 21318.0, 21312.0, 21295.0, 21336.0, 21328.0, 21320.0, 21357.0, 21354.0, 21325.0, 21330.0, 21308.0, 21336.0, 21353.0, 21300.0, 21318.0, 21310.0, 21347.0, 21309.0, 21335.0, 21335.0, 21321.0, 21310.0, 21291.0, 21326.0, 21345.0, 21325.0, 21293.0, 21303.0, 21317.0, 21338.0, 21335.0, 21295.0, 21317.0, 21314.0, 21346.0, 21334.0, 21334.0, 21323.0, 21326.0, 21312.0, 21311.0, 21313.0, 21304.0, 21275.0, 21269.0, 21300.0, 21305.0, 21292.0, 21332.0, 21345.0, 21299.0, 21304.0, 21273.0, 21268.0, 21269.0, 21281.0, 21219.0, 21276.0, 21274.0, 21283.0, 21297.0, 21318.0, 21308.0, 21290.0, 21292.0, 21345.0, 21382.0, 21374.0, 21338.0, 21372.0, 21314.0, 21307.0, 21324.0, 21307.0, 21260.0, 21278.0, 21326.0, 21308.0, 21315.0, 21274.0, 21285.0, 21309.0, 21296.0, 21310.0, 21277.0, 21305.0, 21304.0, 21326.0, 21265.0, 21300.0, 21340.0, 21306.0, 21275.0, 21336.0, 21307.0, 21332.0, 21285.0, 21299.0, 21279.0, 21286.0, 21285.0, 21298.0, 21292.0, 21301.0, 21296.0, 21325.0, 21331.0, 21284.0, 21280.0, 21308.0, 21282.0, 21304.0, 21280.0, 21279.0, 21273.0, 21290.0, 21308.0, 21294.0, 21266.0, 21282.0, 21244.0, 21277.0, 21290.0, 21292.0, 21317.0, 21352.0, 21318.0, 21311.0, 21291.0, 21295.0, 21279.0, 21290.0, 21292.0, 21315.0, 21292.0, 21324.0, 21321.0, 21291.0, 21277.0, 21321.0, 21300.0, 21305.0, 21271.0, 21267.0, 21285.0, 21283.0, 21260.0, 21231.0, 21247.0, 21257.0, 21260.0, 21266.0, 21283.0, 21289.0, 21267.0, 21295.0, 21264.0, 21312.0, 21290.0, 21307.0, 21290.0, 21266.0, 21310.0, 21309.0, 21291.0, 21273.0, 21275.0, 21245.0, 21265.0, 21281.0, 21271.0, 21290.0, 21284.0, 21271.0, 21289.0, 21256.0, 21278.0, 21309.0, 21288.0, 21280.0, 21288.0, 21303.0, 21283.0, 21314.0, 21264.0, 21273.0, 21278.0, 21248.0, 21235.0, 21278.0, 21270.0, 21279.0, 21259.0, 21282.0, 21292.0, 21270.0, 21266.0, 21223.0, 21257.0, 21285.0, 21282.0, 21278.0, 21247.0, 21252.0, 21274.0, 21270.0, 21243.0, 21235.0, 21217.0, 21274.0, 21300.0, 21273.0, 21264.0, 21316.0, 21269.0, 21213.0, 21224.0, 21194.0, 21229.0, 21256.0, 21253.0, 21202.0, 21224.0, 21245.0, 21250.0, 21241.0, 21268.0, 21271.0, 21242.0, 21263.0, 21282.0, 21272.0, 21282.0, 21245.0, 21265.0, 21277.0, 21278.0, 21262.0, 21252.0, 21272.0, 21267.0, 21238.0, 21267.0, 21260.0, 21251.0, 21257.0, 21280.0, 21262.0, 21245.0, 21294.0, 21289.0, 21247.0, 21216.0, 21252.0, 21246.0, 21241.0, 21266.0, 21232.0, 21243.0, 21268.0, 21302.0, 21282.0, 21232.0, 21265.0, 21253.0, 21227.0, 21265.0, 21262.0, 21219.0, 21250.0, 21216.0, 21235.0, 21248.0, 21244.0, 21208.0, 21200.0, 21288.0, 21291.0, 21240.0, 21241.0, 21225.0, 21240.0, 21216.0, 21252.0, 21253.0, 21246.0, 21237.0, 21239.0, 21236.0, 21273.0, 21257.0, 21235.0, 21304.0, 21254.0, 21269.0, 21306.0, 21231.0, 21222.0, 21225.0, 21209.0, 21275.0, 21215.0, 21263.0, 21235.0, 21194.0, 21199.0, 21183.0, 21218.0, 21222.0, 21194.0, 21174.0, 21226.0, 21195.0, 21215.0, 21232.0, 21198.0, 21176.0, 21198.0, 21189.0, 21215.0, 21199.0, 21259.0, 21235.0, 21241.0, 21257.0, 21247.0, 21274.0, 21238.0, 21252.0, 21266.0, 21267.0, 21246.0, 21287.0, 21256.0, 21196.0, 21237.0, 21176.0, 21224.0, 21248.0, 21201.0, 21204.0, 21230.0, 21239.0, 21272.0, 21265.0, 21213.0, 21222.0, 21226.0, 21186.0, 21168.0, 21216.0, 21212.0, 21206.0, 21184.0, 21218.0, 21244.0, 21204.0, 21261.0, 21220.0, 21291.0, 21268.0, 21258.0, 21222.0, 21233.0, 21228.0, 21230.0, 21158.0, 21200.0, 21182.0, 21219.0, 21222.0, 21195.0, 21198.0, 21212.0, 21207.0, 21193.0, 21259.0, 21217.0, 21205.0, 21230.0, 21241.0, 21263.0, 21260.0, 21177.0, 21228.0, 21237.0, 21235.0, 21243.0, 21242.0, 21212.0, 21236.0, 21215.0, 21227.0, 21250.0, 21192.0, 21213.0, 21204.0, 21241.0, 21210.0, 21199.0, 21197.0, 21220.0, 21197.0, 21211.0, 21207.0, 21254.0, 21240.0, 21215.0, 21242.0, 21175.0, 21227.0, 21192.0, 21190.0, 21189.0, 21205.0, 21220.0, 21230.0, 21267.0, 21240.0, 21213.0, 21212.0, 21264.0, 21219.0, 21245.0, 21222.0, 21173.0, 21201.0, 21196.0, 21234.0, 21190.0, 21176.0, 21174.0, 21202.0, 21226.0, 21224.0, 21217.0, 21221.0, 21220.0, 21243.0, 21260.0, 21210.0, 21233.0, 21246.0, 21232.0, 21226.0, 21251.0, 21212.0, 21216.0, 21203.0, 21188.0, 21214.0, 21190.0, 21240.0, 21181.0, 21183.0, 21205.0, 21244.0, 21231.0, 21223.0, 21222.0, 21245.0, 21236.0]}, "slices": {}}}