{"AcquisitionMatrixPE": 96, "AcquisitionNumber": 1, "AcquisitionTime": "07:41:33.150000", "BandwidthPerPixelPhaseEncode": 33.602, "BaseResolution": 96, "BodyPartExamined": "BRAIN", "ConsistencyInfo": "N4_VD11D_LATEST_20110129", "ConversionSoftware": "dcm2niix", "ConversionSoftwareVersion": "v1.0.20210317", "DerivedVendorReportedEchoSpacing": 0.000620003, "DeviceSerialNumber": "45239", "DwellTime": 2.6e-06, "EchoTime": 0.03, "EchoTrainLength": 48, "EffectiveEchoSpacing": 0.000310001, "FlipAngle": 63, "ImageComments": "Unaliased MB4/PE3", "ImageOrientationPatientDICOM": [0.999944, -0.00943461, 0.00470395, 0.0105423, 0.894885, -0.446173], "ImageType": ["ORIGINAL", "PRIMARY", "M", "ND", "NORM", "MOSAIC"], "ImagingFrequency": 123.193, "InPlanePhaseEncodingDirectionDICOM": "COL", "InstitutionAddress": "E 24th St. 100,Austin,Southmiddle,US,78712", "InstitutionName": "Univ of Texas at Austin", "InstitutionalDepartmentName": "IRC", "MRAcquisitionType": "2D", "MagneticFieldStrength": 3, "Manufacturer": "Siemens", "ManufacturersModelName": "Skyra", "Modality": "MR", "MultibandAccelerationFactor": 4, "ParallelReductionFactorInPlane": 2, "PartialFourier": 1, "PatientPosition": "HFS", "PercentPhaseFOV": 100, "PercentSampling": 100, "PhaseEncodingDirection": "j-", "PhaseEncodingSteps": 96, "PhaseResolution": 1, "PixelBandwidth": 2005, "ProcedureStepDescription": "Poldrack2^self-scanning", "ProtocolName": "Resting State fMRI MBEPI_matrix96_BW2004", "PulseSequenceDetails": "%CustomerSeq%\\cmrr_mbep2d_bold", "ReceiveCoilActiveElements": "HEA;HEP", "ReceiveCoilName": "Head_32", "ReconMatrixPE": 96, "RefLinesPE": 94, "RepetitionTime": 1.16, "SAR": 0.10503, "ScanOptions": "FS", "ScanningSequence": "EP", "SequenceName": "epfid2d1_96", "SequenceVariant": "SK", "SeriesDescription": "Resting State fMRI MBEPI_matrix96_BW2004", "SeriesNumber": 6, "ShimSetting": [-2757, 8050, -15408, 170, -160, 114, 254, -50], "SliceThickness": 2, "SliceTiming": [0, 0.5, 0.9975, 0.3575, 0.855, 0.215, 0.7125, 0.0725, 0.57, 1.07, 0.4275, 0.9275, 0.285, 0.785, 0.1425, 0.6425, 0, 0.5, 0.9975, 0.3575, 0.855, 0.215, 0.7125, 0.0725, 0.57, 1.07, 0.4275, 0.9275, 0.285, 0.785, 0.1425, 0.6425, 0, 0.5, 0.9975, 0.3575, 0.855, 0.215, 0.7125, 0.0725, 0.57, 1.07, 0.4275, 0.9275, 0.285, 0.785, 0.1425, 0.6425, 0, 0.5, 0.9975, 0.3575, 0.855, 0.215, 0.7125, 0.0725, 0.57, 1.07, 0.4275, 0.9275, 0.285, 0.785, 0.1425, 0.6425], "SoftwareVersions": "syngo MR D11", "SpacingBetweenSlices": 2.4, "StationName": "AWP45239", "TaskName": "Resting fmri", "TotalReadoutTime": 0.0294501, "TxRefAmp": 346.06, "WipMemBlock": "5af13861-8756-41ca-bfcd-1b16e72c93d1||Sequence: VD11D r206; Feb 13 2013 18:52:04 by eja", "dcmmeta_affine": [[-2.395700216293335, 0.025257475674152374, 5.023996862973945e-08, 118.7342758178711], [0.02260376140475273, 2.1439943313598633, -1.070874810218811, -86.63945770263672], [0.011269875802099705, 1.0689561367034912, 2.1478424072265625, -77.30351257324219], [0.0, 0.0, 0.0, 1.0]], "dcmmeta_reorient_transform": [[0.0, -1.0, 0.0, 95.0], [1.0, 0.0, 0.0, 0.0], [0.0, 0.0, 1.0, 0.0], [0.0, 0.0, 0.0, 1.0]], "dcmmeta_shape": [96, 96, 64, 518], "dcmmeta_slice_dim": 2, "dcmmeta_version": 0.6, "global": {"const": {"AcquisitionMatrix": [96, 0, 0, 96], "AngioFlag": "N", "BitsAllocated": 16, "BitsStored": 16, "BodyPartExamined": "BRAIN", "Columns": 768, "EchoNumbers": 1, "EchoTime": 30.0, "EchoTrainLength": 48, "FlipAngle": 63.0, "HighBit": 15, "ImageOrientationPatient": [0.99994442892572, -0.0094346134383, 0.00470394830872, 0.01054225120273, 0.89488462243074, -0.446173030871], "ImagePositionPatient": [-934.57548597203, -829.82724094818, 379.62992650263], "ImageType": ["ORIGINAL", "PRIMARY", "M", "ND", "NORM", "MOSAIC"], "ImagedNucleus": "1H", "ImagingFrequency": 123.193168, "InPlanePhaseEncodingDirection": "COL", "MRAcquisitionType": "2D", "MagneticFieldStrength": 3.0, "Manufacturer": "SIEMENS", "ManufacturerModelName": "Skyra", "Modality": "MR", "NumberOfAverages": 1.0, "NumberOfPhaseEncodingSteps": 96, "PercentPhaseFieldOfView": 100.0, "PercentSampling": 100.0, "PerformedProcedureStepStartTime": "073506.750000", "PhotometricInterpretation": "MONOCHROME2", "PixelBandwidth": 2005.0, "PixelRepresentation": 0, "PixelSpacing": [2.3958332538605, 2.3958332538605], "ProtocolName": "Resting State fMRI MBEPI_matrix96_BW2004", "RepetitionTime": 1160.0, "Rows": 768, "SAR": 0.10502963663435, "SamplesPerPixel": 1, "ScanOptions": "FS", "ScanningSequence": "EP", "SequenceName": "epfid2d1_96", "SequenceVariant": "SK", "SeriesDescription": "Resting State fMRI MBEPI_matrix96_BW2004", "SeriesNumber": 6, "SeriesTime": "074211.515000", "SliceLocation": -30.523228598623, "SliceThickness": 2.0, "SmallestImagePixelValue": 0, "SoftwareVersions": "syngo MR D11", "SpacingBetweenSlices": 2.3999999762654, "SpecificCharacterSet": "ISO_IR 100", "StudyID": "1", "StudyTime": "073506.703000", "TransmitCoilName": "Body", "VariableFlipAngleFlag": "N", "WindowCenterWidthExplanation": "Algo1", "dBdt": 0.0}, "slices": {}}, "time": {"samples": {"AcquisitionNumber": [1, 2, 3, 4, 5, 6, 7, 8, 9, 10, 11, 12, 13, 14, 15, 16, 17, 18, 19, 20, 21, 22, 23, 24, 25, 26, 27, 28, 29, 30, 31, 32, 33, 34, 35, 36, 37, 38, 39, 40, 41, 42, 43, 44, 45, 46, 47, 48, 49, 50, 51, 52, 53, 54, 55, 56, 57, 58, 59, 60, 61, 62, 63, 64, 65, 66, 67, 68, 69, 70, 71, 72, 73, 74, 75, 76, 77, 78, 79, 80, 81, 82, 83, 84, 85, 86, 87, 88, 89, 90, 91, 92, 93, 94, 95, 96, 97, 98, 99, 100, 101, 102, 103, 104, 105, 106, 107, 108, 109, 110, 111, 112, 113, 114, 115, 116, 117, 118, 119, 120, 121, 122, 123, 124, 125, 126, 127, 128, 129, 130, 131, 132, 133, 134, 135, 136, 137, 138, 139, 140, 141, 142, 143, 144, 145, 146, 147, 148, 149, 150, 151, 152, 153, 154, 155, 156, 157, 158, 159, 160, 161, 162, 163, 164, 165, 166, 167, 168, 169, 170, 171, 172, 173, 174, 175, 176, 177, 178, 179, 180, 181, 182, 183, 184, 185, 186, 187, 188, 189, 190, 191, 192, 193, 194, 195, 196, 197, 198, 199, 200, 201, 202, 203, 204, 205, 206, 207, 208, 209, 210, 211, 212, 213, 214, 215, 216, 217, 218, 219, 220, 221, 222, 223, 224, 225, 226, 227, 228, 229, 230, 231, 232, 233, 234, 235, 236, 237, 238, 239, 240, 241, 242, 243, 244, 245, 246, 247, 248, 249, 250, 251, 252, 253, 254, 255, 256, 257, 258, 259, 260, 261, 262, 263, 264, 265, 266, 267, 268, 269, 270, 271, 272, 273, 274, 275, 276, 277, 278, 279, 280, 281, 282, 283, 284, 285, 286, 287, 288, 289, 290, 291, 292, 293, 294, 295, 296, 297, 298, 299, 300, 301, 302, 303, 304, 305, 306, 307, 308, 309, 310, 311, 312, 313, 314, 315, 316, 317, 318, 319, 320, 321, 322, 323, 324, 325, 326, 327, 328, 329, 330, 331, 332, 333, 334, 335, 336, 337, 338, 339, 340, 341, 342, 343, 344, 345, 346, 347, 348, 349, 350, 351, 352, 353, 354, 355, 356, 357, 358, 359, 360, 361, 362, 363, 364, 365, 366, 367, 368, 369, 370, 371, 372, 373, 374, 375, 376, 377, 378, 379, 380, 381, 382, 383, 384, 385, 386, 387, 388, 389, 390, 391, 392, 393, 394, 395, 396, 397, 398, 399, 400, 401, 402, 403, 404, 405, 406, 407, 408, 409, 410, 411, 412, 413, 414, 415, 416, 417, 418, 419, 420, 421, 422, 423, 424, 425, 426, 427, 428, 429, 430, 431, 432, 433, 434, 435, 436, 437, 438, 439, 440, 441, 442, 443, 444, 445, 446, 447, 448, 449, 450, 451, 452, 453, 454, 455, 456, 457, 458, 459, 460, 461, 462, 463, 464, 465, 466, 467, 468, 469, 470, 471, 472, 473, 474, 475, 476, 477, 478, 479, 480, 481, 482, 483, 484, 485, 486, 487, 488, 489, 490, 491, 492, 493, 494, 495, 496, 497, 498, 499, 500, 501, 502, 503, 504, 505, 506, 507, 508, 509, 510, 511, 512, 513, 514, 515, 516, 517, 518], "AcquisitionTime": ["074133.150000", "074202.150000", "074203.310000", "074204.470000", "074205.630000", "074206.790000", "074207.950000", "074209.110000", "074210.270000", "074211.430000", "074212.590000", "074213.750000", "074214.910000", "074216.070000", "074217.230000", "074218.390000", "074219.550000", "074220.710000", "074221.870000", "074223.030000", "074224.190000", "074225.350000", "074226.510000", "074227.670000", "074228.830000", "074229.990000", "074231.150000", "074232.310000", "074233.470000", "074234.630000", "074235.790000", "074236.950000", "074238.110000", "074239.270000", "074240.430000", "074241.590000", "074242.750000", "074243.910000", "074245.070000", "074246.230000", "074247.390000", "074248.550000", "074249.710000", "074250.870000", "074252.030000", "074253.190000", "074254.350000", "074255.510000", "074256.670000", "074257.830000", "074258.990000", "074300.150000", "074301.310000", "074302.470000", "074303.630000", "074304.790000", "074305.950000", "074307.110000", "074308.270000", "074309.430000", "074310.590000", "074311.750000", "074312.910000", "074314.070000", "074315.230000", "074316.390000", "074317.550000", "074318.710000", "074319.870000", "074321.030000", "074322.190000", "074323.350000", "074324.510000", "074325.670000", "074326.830000", "074327.990000", "074329.150000", "074330.312500", "074331.472500", "074332.632500", "074333.792500", "074334.952500", "074336.112500", "074337.272500", "074338.432500", "074339.592500", "074340.752500", "074341.912500", "074343.072500", "074344.232500", "074345.392500", "074346.552500", "074347.712500", "074348.872500", "074350.032500", "074351.192500", "074352.352500", "074353.512500", "074354.672500", "074355.832500", "074356.992500", "074358.152500", "074359.312500", "074400.472500", "074401.632500", "074402.792500", "074403.952500", "074405.112500", "074406.272500", "074407.432500", "074408.592500", "074409.752500", "074410.912500", "074412.072500", "074413.232500", "074414.392500", "074415.552500", "074416.712500", "074417.872500", "074419.032500", "074420.192500", "074421.352500", "074422.512500", "074423.672500", "074424.832500", "074425.992500", "074427.152500", "074428.312500", "074429.472500", "074430.632500", "074431.792500", "074432.952500", "074434.112500", "074435.272500", "074436.432500", "074437.592500", "074438.752500", "074439.912500", "074441.072500", "074442.232500", "074443.392500", "074444.552500", "074445.712500", "074446.872500", "074448.032500", "074449.192500", "074450.352500", "074451.512500", "074452.672500", "074453.832500", "074454.992500", "074456.152500", "074457.312500", "074458.472500", "074459.632500", "074500.792500", "074501.952500", "074503.112500", "074504.272500", "074505.432500", "074506.592500", "074507.752500", "074508.912500", "074510.072500", "074511.232500", "074512.392500", "074513.552500", "074514.712500", "074515.872500", "074517.032500", "074518.192500", "074519.352500", "074520.512500", "074521.672500", "074522.832500", "074523.992500", "074525.152500", "074526.312500", "074527.472500", "074528.632500", "074529.792500", "074530.952500", "074532.112500", "074533.272500", "074534.432500", "074535.592500", "074536.752500", "074537.912500", "074539.072500", "074540.232500", "074541.392500", "074542.552500", "074543.712500", "074544.872500", "074546.032500", "074547.192500", "074548.352500", "074549.512500", "074550.672500", "074551.832500", "074552.992500", "074554.152500", "074555.312500", "074556.472500", "074557.632500", "074558.792500", "074559.952500", "074601.112500", "074602.272500", "074603.432500", "074604.592500", "074605.752500", "074606.912500", "074608.072500", "074609.232500", "074610.392500", "074611.552500", "074612.712500", "074613.872500", "074615.032500", "074616.192500", "074617.352500", "074618.512500", "074619.672500", "074620.832500", "074621.992500", "074623.152500", "074624.312500", "074625.472500", "074626.632500", "074627.792500", "074628.952500", "074630.112500", "074631.272500", "074632.432500", "074633.592500", "074634.752500", "074635.912500", "074637.072500", "074638.232500", "074639.392500", "074640.552500", "074641.712500", "074642.872500", "074644.032500", "074645.192500", "074646.352500", "074647.512500", "074648.672500", "074649.832500", "074650.992500", "074652.152500", "074653.312500", "074654.472500", "074655.632500", "074656.792500", "074657.952500", "074659.112500", "074700.272500", "074701.432500", "074702.592500", "074703.752500", "074704.912500", "074706.072500", "074707.232500", "074708.392500", "074709.552500", "074710.712500", "074711.872500", "074713.032500", "074714.192500", "074715.352500", "074716.512500", "074717.672500", "074718.832500", "074719.992500", "074721.152500", "074722.312500", "074723.472500", "074724.632500", "074725.792500", "074726.952500", "074728.112500", "074729.272500", "074730.432500", "074731.592500", "074732.752500", "074733.912500", "074735.072500", "074736.232500", "074737.392500", "074738.552500", "074739.712500", "074740.872500", "074742.032500", "074743.192500", "074744.352500", "074745.512500", "074746.672500", "074747.832500", "074748.992500", "074750.152500", "074751.312500", "074752.472500", "074753.632500", "074754.792500", "074755.952500", "074757.112500", "074758.272500", "074759.432500", "074800.592500", "074801.752500", "074802.912500", "074804.072500", "074805.232500", "074806.392500", "074807.552500", "074808.712500", "074809.872500", "074811.032500", "074812.192500", "074813.352500", "074814.512500", "074815.672500", "074816.832500", "074817.992500", "074819.152500", "074820.315000", "074821.475000", "074822.635000", "074823.795000", "074824.955000", "074826.115000", "074827.275000", "074828.435000", "074829.595000", "074830.755000", "074831.915000", "074833.075000", "074834.235000", "074835.395000", "074836.555000", "074837.715000", "074838.875000", "074840.035000", "074841.195000", "074842.355000", "074843.515000", "074844.675000", "074845.835000", "074846.995000", "074848.155000", "074849.315000", "074850.475000", "074851.635000", "074852.795000", "074853.955000", "074855.115000", "074856.275000", "074857.435000", "074858.595000", "074859.755000", "074900.915000", "074902.075000", "074903.235000", "074904.395000", "074905.555000", "074906.715000", "074907.875000", "074909.035000", "074910.195000", "074911.355000", "074912.515000", "074913.675000", "074914.835000", "074915.995000", "074917.155000", "074918.315000", "074919.475000", "074920.635000", "074921.795000", "074922.955000", "074924.115000", "074925.275000", "074926.435000", "074927.595000", "074928.755000", "074929.915000", "074931.075000", "074932.235000", "074933.395000", "074934.555000", "074935.715000", "074936.875000", "074938.035000", "074939.195000", "074940.355000", "074941.515000", "074942.675000", "074943.835000", "074944.995000", "074946.155000", "074947.315000", "074948.475000", "074949.635000", "074950.795000", "074951.955000", "074953.115000", "074954.275000", "074955.435000", "074956.595000", "074957.755000", "074958.915000", "075000.075000", "075001.235000", "075002.395000", "075003.555000", "075004.715000", "075005.875000", "075007.035000", "075008.195000", "075009.355000", "075010.515000", "075011.675000", "075012.835000", "075013.995000", "075015.155000", "075016.315000", "075017.475000", "075018.635000", "075019.795000", "075020.955000", "075022.115000", "075023.275000", "075024.435000", "075025.595000", "075026.755000", "075027.915000", "075029.075000", "075030.235000", "075031.395000", "075032.555000", "075033.715000", "075034.875000", "075036.035000", "075037.195000", "075038.355000", "075039.515000", "075040.675000", "075041.835000", "075042.995000", "075044.155000", "075045.315000", "075046.475000", "075047.635000", "075048.795000", "075049.955000", "075051.115000", "075052.275000", "075053.435000", "075054.595000", "075055.755000", "075056.915000", "075058.075000", "075059.235000", "075100.395000", "075101.555000", "075102.715000", "075103.875000", "075105.035000", "075106.195000", "075107.355000", "075108.515000", "075109.675000", "075110.835000", "075111.995000", "075113.155000", "075114.315000", "075115.475000", "075116.635000", "075117.795000", "075118.955000", "075120.115000", "075121.275000", "075122.435000", "075123.595000", "075124.755000", "075125.915000", "075127.075000", "075128.235000", "075129.395000", "075130.555000", "075131.715000", "075132.875000", "075134.035000", "075135.195000", "075136.355000", "075137.515000", "075138.675000", "075139.835000", "075140.995000", "075142.155000", "075143.315000", "075144.475000", "075145.635000", "075146.795000", "075147.955000", "075149.115000", "075150.275000", "075151.435000", "075152.595000", "075153.755000", "075154.915000", "075156.075000", "075157.235000", "075158.395000", "075159.555000", "075200.715000"], "ContentTime": ["074211.515000", "074216.828000", "074216.843000", "074216.859000", "074216.859000", "074221.828000", "074221.843000", "074221.843000", "074221.859000", "074226.828000", "074226.859000", "074226.875000", "074231.828000", "074231.843000", "074231.843000", "074231.843000", "074236.828000", "074236.843000", "074236.843000", "074236.859000", "074241.828000", "074241.843000", "074241.843000", "074246.828000", "074246.843000", "074246.859000", "074246.859000", "074251.828000", "074251.843000", "074251.843000", "074251.843000", "074256.828000", "074256.843000", "074256.843000", "074256.859000", "074301.828000", "074301.843000", "074301.875000", "074306.828000", "074306.843000", "074306.843000", "074306.859000", "074311.828000", "074311.843000", "074311.843000", "074311.843000", "074316.828000", "074316.843000", "074316.843000", "074316.843000", "074321.828000", "074321.843000", "074321.843000", "074326.828000", "074326.843000", "074326.843000", "074326.843000", "074331.828000", "074331.843000", "074331.843000", "074331.843000", "074336.828000", "074336.843000", "074336.843000", "074341.828000", "074341.843000", "074341.843000", "074341.843000", "074346.828000", "074346.843000", "074346.843000", "074346.843000", "074351.828000", "074351.843000", "074351.843000", "074351.843000", "074356.828000", "074356.843000", "074356.843000", "074356.843000", "074401.828000", "074401.843000", "074401.843000", "074406.828000", "074406.843000", "074406.843000", "074406.859000", "074411.828000", "074411.843000", "074411.843000", "074416.828000", "074416.843000", "074416.843000", "074416.843000", "074421.828000", "074421.875000", "074421.875000", "074421.875000", "074426.828000", "074426.843000", "074426.843000", "074426.843000", "074431.828000", "074431.843000", "074431.843000", "074436.828000", "074436.843000", "074436.843000", "074436.843000", "074441.828000", "074441.843000", "074441.843000", "074441.843000", "074446.828000", "074446.843000", "074446.843000", "074451.828000", "074451.843000", "074451.843000", "074451.843000", "074456.828000", "074456.843000", "074456.843000", "074456.843000", "074501.828000", "074501.843000", "074501.843000", "074506.828000", "074506.843000", "074506.843000", "074506.859000", "074511.828000", "074511.843000", "074511.843000", "074516.828000", "074516.843000", "074516.843000", "074516.859000", "074521.828000", "074521.843000", "074521.843000", "074521.843000", "074526.828000", "074526.843000", "074526.843000", "074531.828000", "074531.843000", "074531.843000", "074531.843000", "074536.828000", "074536.843000", "074536.859000", "074541.828000", "074541.843000", "074541.859000", "074541.859000", "074546.828000", "074546.843000", "074546.843000", "074551.828000", "074551.843000", "074551.843000", "074551.843000", "074556.828000", "074556.843000", "074556.859000", "074556.859000", "074601.828000", "074601.843000", "074601.843000", "074601.843000", "074606.828000", "074606.843000", "074606.843000", "074606.843000", "074611.828000", "074611.843000", "074611.843000", "074611.843000", "074616.843000", "074616.843000", "074616.843000", "074616.859000", "074621.828000", "074621.843000", "074621.843000", "074626.828000", "074626.843000", "074626.843000", "074626.843000", "074631.828000", "074631.843000", "074631.843000", "074636.828000", "074636.843000", "074636.843000", "074636.843000", "074641.828000", "074641.843000", "074641.843000", "074641.843000", "074646.843000", "074646.843000", "074646.843000", "074646.843000", "074651.828000", "074651.875000", "074651.875000", "074656.843000", "074656.843000", "074656.859000", "074656.875000", "074701.828000", "074701.843000", "074701.843000", "074701.843000", "074706.828000", "074706.843000", "074706.859000", "074706.859000", "074711.828000", "074711.843000", "074711.859000", "074716.828000", "074716.843000", "074716.843000", "074716.859000", "074721.828000", "074721.843000", "074721.843000", "074721.843000", "074726.828000", "074726.843000", "074726.843000", "074731.828000", "074731.843000", "074731.843000", "074731.843000", "074736.828000", "074736.843000", "074736.843000", "074736.843000", "074741.828000", "074741.843000", "074741.843000", "074741.843000", "074746.828000", "074746.843000", "074746.875000", "074751.828000", "074751.843000", "074751.843000", "074751.859000", "074756.828000", "074756.843000", "074756.843000", "074756.843000", "074801.828000", "074801.843000", "074801.843000", "074801.859000", "074806.828000", "074806.843000", "074806.843000", "074806.843000", "074811.843000", "074811.843000", "074811.859000", "074811.859000", "074816.828000", "074816.843000", "074816.843000", "074821.828000", "074821.843000", "074821.843000", "074821.859000", "074826.828000", "074826.843000", "074826.843000", "074831.828000", "074831.843000", "074831.843000", "074831.843000", "074836.828000", "074836.843000", "074836.843000", "074836.843000", "074841.828000", "074841.843000", "074841.843000", "074841.843000", "074846.828000", "074846.843000", "074846.843000", "074851.828000", "074851.843000", "074851.843000", "074851.843000", "074856.828000", "074856.843000", "074856.843000", "074856.875000", "074901.828000", "074901.843000", "074901.859000", "074901.859000", "074906.828000", "074906.843000", "074906.843000", "074906.859000", "074911.828000", "074911.843000", "074911.843000", "074916.828000", "074916.843000", "074916.843000", "074916.859000", "074921.828000", "074921.843000", "074921.843000", "074921.843000", "074926.828000", "074926.843000", "074926.843000", "074931.828000", "074931.843000", "074931.843000", "074931.859000", "074936.828000", "074936.843000", "074936.843000", "074936.843000", "074941.828000", "074941.843000", "074941.843000", "074941.875000", "074946.828000", "074946.843000", "074946.843000", "074946.843000", "074951.828000", "074951.843000", "074951.843000", "074951.843000", "074956.828000", "074956.843000", "074956.843000", "075001.828000", "075001.843000", "075001.843000", "075001.843000", "075006.828000", "075006.843000", "075006.843000", "075006.843000", "075011.828000", "075011.843000", "075011.843000", "075016.828000", "075016.843000", "075016.843000", "075016.843000", "075021.828000", "075021.843000", "075021.843000", "075021.875000", "075026.828000", "075026.843000", "075026.843000", "075026.843000", "075031.828000", "075031.843000", "075031.843000", "075031.843000", "075036.828000", "075036.843000", "075036.843000", "075036.859000", "075041.828000", "075041.843000", "075041.843000", "075046.828000", "075046.843000", "075046.843000", "075046.843000", "075051.828000", "075051.843000", "075051.843000", "075051.843000", "075056.828000", "075056.843000", "075056.843000", "075056.843000", "075101.828000", "075101.843000", "075101.843000", "075101.859000", "075106.843000", "075106.843000", "075106.843000", "075106.843000", "075111.828000", "075111.843000", "075111.843000", "075111.859000", "075116.828000", "075116.843000", "075116.859000", "075121.828000", "075121.843000", "075121.843000", "075121.843000", "075126.828000", "075126.843000", "075126.843000", "075126.843000", "075131.828000", "075131.843000", "075131.843000", "075136.828000", "075136.843000", "075136.843000", "075136.843000", "075136.843000", "075141.828000", "075141.843000", "075141.843000", "075146.828000", "075146.843000", "075146.843000", "075146.843000", "075151.828000", "075151.843000", "075151.843000", "075151.843000", "075156.828000", "075156.843000", "075156.843000", "075201.828000", "075201.843000", "075201.843000", "075201.859000", "075206.828000", "075206.843000", "075206.843000", "075206.843000", "075211.828000", "075211.843000", "075211.843000", "075211.859000", "075216.828000", "075216.843000", "075216.843000", "075216.859000", "075221.828000", "075221.843000", "075221.843000", "075221.843000", "075226.828000", "075226.859000", "075226.859000", "075226.859000", "075231.828000", "075231.843000", "075231.843000", "075231.843000", "075231.843000", "075236.828000", "075236.843000", "075236.843000", "075236.859000", "075241.828000", "075241.843000", "075241.843000", "075241.843000", "075246.828000", "075246.843000", "075246.843000", "075246.859000", "075251.828000", "075251.843000", "075251.843000", "075251.843000", "075256.828000", "075256.843000", "075256.843000", "075256.843000", "075301.828000", "075301.843000", "075301.843000", "075301.843000", "075306.828000", "075306.843000", "075306.843000", "075306.843000", "075311.828000", "075311.843000", "075311.843000", "075311.843000", "075316.828000", "075316.843000", "075316.843000", "075321.828000", "075321.843000", "075321.843000", "075321.843000", "075321.859000", "075326.828000", "075326.843000", "075326.843000", "075326.843000", "075331.828000", "075331.843000", "075331.843000", "075331.843000", "075334.562000", "075334.578000", "075334.578000"], "InstanceCreationTime": ["074211.515000", "074216.828000", "074216.843000", "074216.859000", "074216.859000", "074221.828000", "074221.843000", "074221.843000", "074221.859000", "074226.828000", "074226.859000", "074226.875000", "074231.828000", "074231.843000", "074231.843000", "074231.843000", "074236.828000", "074236.843000", "074236.843000", "074236.859000", "074241.828000", "074241.843000", "074241.843000", "074246.828000", "074246.843000", "074246.859000", "074246.859000", "074251.828000", "074251.843000", "074251.843000", "074251.843000", "074256.828000", "074256.843000", "074256.843000", "074256.859000", "074301.828000", "074301.843000", "074301.875000", "074306.828000", "074306.843000", "074306.843000", "074306.859000", "074311.828000", "074311.843000", "074311.843000", "074311.843000", "074316.828000", "074316.843000", "074316.843000", "074316.843000", "074321.828000", "074321.843000", "074321.843000", "074326.828000", "074326.843000", "074326.843000", "074326.843000", "074331.828000", "074331.843000", "074331.843000", "074331.843000", "074336.828000", "074336.843000", "074336.843000", "074341.828000", "074341.843000", "074341.843000", "074341.843000", "074346.828000", "074346.843000", "074346.843000", "074346.843000", "074351.828000", "074351.843000", "074351.843000", "074351.843000", "074356.828000", "074356.843000", "074356.843000", "074356.843000", "074401.828000", "074401.843000", "074401.843000", "074406.828000", "074406.843000", "074406.843000", "074406.859000", "074411.828000", "074411.843000", "074411.843000", "074416.828000", "074416.843000", "074416.843000", "074416.843000", "074421.828000", "074421.875000", "074421.875000", "074421.875000", "074426.828000", "074426.843000", "074426.843000", "074426.843000", "074431.828000", "074431.843000", "074431.843000", "074436.828000", "074436.843000", "074436.843000", "074436.843000", "074441.828000", "074441.843000", "074441.843000", "074441.843000", "074446.828000", "074446.843000", "074446.843000", "074451.828000", "074451.843000", "074451.843000", "074451.843000", "074456.828000", "074456.843000", "074456.843000", "074456.843000", "074501.828000", "074501.843000", "074501.843000", "074506.828000", "074506.843000", "074506.843000", "074506.859000", "074511.828000", "074511.843000", "074511.843000", "074516.828000", "074516.843000", "074516.843000", "074516.859000", "074521.828000", "074521.843000", "074521.843000", "074521.843000", "074526.828000", "074526.843000", "074526.843000", "074531.828000", "074531.843000", "074531.843000", "074531.843000", "074536.828000", "074536.843000", "074536.859000", "074541.828000", "074541.843000", "074541.859000", "074541.859000", "074546.828000", "074546.843000", "074546.843000", "074551.828000", "074551.843000", "074551.843000", "074551.843000", "074556.828000", "074556.843000", "074556.859000", "074556.859000", "074601.828000", "074601.843000", "074601.843000", "074601.843000", "074606.828000", "074606.843000", "074606.843000", "074606.843000", "074611.828000", "074611.843000", "074611.843000", "074611.843000", "074616.843000", "074616.843000", "074616.843000", "074616.859000", "074621.828000", "074621.843000", "074621.843000", "074626.828000", "074626.843000", "074626.843000", "074626.843000", "074631.828000", "074631.843000", "074631.843000", "074636.828000", "074636.843000", "074636.843000", "074636.843000", "074641.828000", "074641.843000", "074641.843000", "074641.843000", "074646.843000", "074646.843000", "074646.843000", "074646.843000", "074651.828000", "074651.875000", "074651.875000", "074656.843000", "074656.843000", "074656.859000", "074656.875000", "074701.828000", "074701.843000", "074701.843000", "074701.843000", "074706.828000", "074706.843000", "074706.859000", "074706.859000", "074711.828000", "074711.843000", "074711.859000", "074716.828000", "074716.843000", "074716.843000", "074716.859000", "074721.828000", "074721.843000", "074721.843000", "074721.843000", "074726.828000", "074726.843000", "074726.843000", "074731.828000", "074731.843000", "074731.843000", "074731.843000", "074736.828000", "074736.843000", "074736.843000", "074736.843000", "074741.828000", "074741.843000", "074741.843000", "074741.843000", "074746.828000", "074746.843000", "074746.875000", "074751.828000", "074751.843000", "074751.843000", "074751.859000", "074756.828000", "074756.843000", "074756.843000", "074756.843000", "074801.828000", "074801.843000", "074801.843000", "074801.859000", "074806.828000", "074806.843000", "074806.843000", "074806.843000", "074811.843000", "074811.843000", "074811.859000", "074811.859000", "074816.828000", "074816.843000", "074816.843000", "074821.828000", "074821.843000", "074821.843000", "074821.859000", "074826.828000", "074826.843000", "074826.843000", "074831.828000", "074831.843000", "074831.843000", "074831.843000", "074836.828000", "074836.843000", "074836.843000", "074836.843000", "074841.828000", "074841.843000", "074841.843000", "074841.843000", "074846.828000", "074846.843000", "074846.843000", "074851.828000", "074851.843000", "074851.843000", "074851.843000", "074856.828000", "074856.843000", "074856.843000", "074856.875000", "074901.828000", "074901.843000", "074901.859000", "074901.859000", "074906.828000", "074906.843000", "074906.843000", "074906.859000", "074911.828000", "074911.843000", "074911.843000", "074916.828000", "074916.843000", "074916.843000", "074916.859000", "074921.828000", "074921.843000", "074921.843000", "074921.843000", "074926.828000", "074926.843000", "074926.843000", "074931.828000", "074931.843000", "074931.843000", "074931.859000", "074936.828000", "074936.843000", "074936.843000", "074936.843000", "074941.828000", "074941.843000", "074941.843000", "074941.875000", "074946.828000", "074946.843000", "074946.843000", "074946.843000", "074951.828000", "074951.843000", "074951.843000", "074951.843000", "074956.828000", "074956.843000", "074956.843000", "075001.828000", "075001.843000", "075001.843000", "075001.843000", "075006.828000", "075006.843000", "075006.843000", "075006.843000", "075011.828000", "075011.843000", "075011.843000", "075016.828000", "075016.843000", "075016.843000", "075016.843000", "075021.828000", "075021.843000", "075021.843000", "075021.875000", "075026.828000", "075026.843000", "075026.843000", "075026.843000", "075031.828000", "075031.843000", "075031.843000", "075031.843000", "075036.828000", "075036.843000", "075036.843000", "075036.859000", "075041.828000", "075041.843000", "075041.843000", "075046.828000", "075046.843000", "075046.843000", "075046.843000", "075051.828000", "075051.843000", "075051.843000", "075051.843000", "075056.828000", "075056.843000", "075056.843000", "075056.843000", "075101.828000", "075101.843000", "075101.843000", "075101.859000", "075106.843000", "075106.843000", "075106.843000", "075106.843000", "075111.828000", "075111.843000", "075111.843000", "075111.859000", "075116.828000", "075116.843000", "075116.859000", "075121.828000", "075121.843000", "075121.843000", "075121.843000", "075126.828000", "075126.843000", "075126.843000", "075126.843000", "075131.828000", "075131.843000", "075131.843000", "075136.828000", "075136.843000", "075136.843000", "075136.843000", "075136.843000", "075141.828000", "075141.843000", "075141.843000", "075146.828000", "075146.843000", "075146.843000", "075146.843000", "075151.828000", "075151.843000", "075151.843000", "075151.843000", "075156.828000", "075156.843000", "075156.843000", "075201.828000", "075201.843000", "075201.843000", "075201.859000", "075206.828000", "075206.843000", "075206.843000", "075206.843000", "075211.828000", "075211.843000", "075211.843000", "075211.859000", "075216.828000", "075216.843000", "075216.843000", "075216.859000", "075221.828000", "075221.843000", "075221.843000", "075221.843000", "075226.828000", "075226.859000", "075226.859000", "075226.859000", "075231.828000", "075231.843000", "075231.843000", "075231.843000", "075231.843000", "075236.828000", "075236.843000", "075236.843000", "075236.859000", "075241.828000", "075241.843000", "075241.843000", "075241.843000", "075246.828000", "075246.843000", "075246.843000", "075246.859000", "075251.828000", "075251.843000", "075251.843000", "075251.843000", "075256.828000", "075256.843000", "075256.843000", "075256.843000", "075301.828000", "075301.843000", "075301.843000", "075301.843000", "075306.828000", "075306.843000", "075306.843000", "075306.843000", "075311.828000", "075311.843000", "075311.843000", "075311.843000", "075316.828000", "075316.843000", "075316.843000", "075321.828000", "075321.843000", "075321.843000", "075321.843000", "075321.859000", "075326.828000", "075326.843000", "075326.843000", "075326.843000", "075331.828000", "075331.843000", "075331.843000", "075331.843000", "075334.562000", "075334.578000", "075334.578000"], "InstanceNumber": [1, 2, 3, 4, 5, 6, 7, 8, 9, 10, 11, 12, 13, 14, 15, 16, 17, 18, 19, 20, 21, 22, 23, 24, 25, 26, 27, 28, 29, 30, 31, 32, 33, 34, 35, 36, 37, 38, 39, 40, 41, 42, 43, 44, 45, 46, 47, 48, 49, 50, 51, 52, 53, 54, 55, 56, 57, 58, 59, 60, 61, 62, 63, 64, 65, 66, 67, 68, 69, 70, 71, 72, 73, 74, 75, 76, 77, 78, 79, 80, 81, 82, 83, 84, 85, 86, 87, 88, 89, 90, 91, 92, 93, 94, 95, 96, 97, 98, 99, 100, 101, 102, 103, 104, 105, 106, 107, 108, 109, 110, 111, 112, 113, 114, 115, 116, 117, 118, 119, 120, 121, 122, 123, 124, 125, 126, 127, 128, 129, 130, 131, 132, 133, 134, 135, 136, 137, 138, 139, 140, 141, 142, 143, 144, 145, 146, 147, 148, 149, 150, 151, 152, 153, 154, 155, 156, 157, 158, 159, 160, 161, 162, 163, 164, 165, 166, 167, 168, 169, 170, 171, 172, 173, 174, 175, 176, 177, 178, 179, 180, 181, 182, 183, 184, 185, 186, 187, 188, 189, 190, 191, 192, 193, 194, 195, 196, 197, 198, 199, 200, 201, 202, 203, 204, 205, 206, 207, 208, 209, 210, 211, 212, 213, 214, 215, 216, 217, 218, 219, 220, 221, 222, 223, 224, 225, 226, 227, 228, 229, 230, 231, 232, 233, 234, 235, 236, 237, 238, 239, 240, 241, 242, 243, 244, 245, 246, 247, 248, 249, 250, 251, 252, 253, 254, 255, 256, 257, 258, 259, 260, 261, 262, 263, 264, 265, 266, 267, 268, 269, 270, 271, 272, 273, 274, 275, 276, 277, 278, 279, 280, 281, 282, 283, 284, 285, 286, 287, 288, 289, 290, 291, 292, 293, 294, 295, 296, 297, 298, 299, 300, 301, 302, 303, 304, 305, 306, 307, 308, 309, 310, 311, 312, 313, 314, 315, 316, 317, 318, 319, 320, 321, 322, 323, 324, 325, 326, 327, 328, 329, 330, 331, 332, 333, 334, 335, 336, 337, 338, 339, 340, 341, 342, 343, 344, 345, 346, 347, 348, 349, 350, 351, 352, 353, 354, 355, 356, 357, 358, 359, 360, 361, 362, 363, 364, 365, 366, 367, 368, 369, 370, 371, 372, 373, 374, 375, 376, 377, 378, 379, 380, 381, 382, 383, 384, 385, 386, 387, 388, 389, 390, 391, 392, 393, 394, 395, 396, 397, 398, 399, 400, 401, 402, 403, 404, 405, 406, 407, 408, 409, 410, 411, 412, 413, 414, 415, 416, 417, 418, 419, 420, 421, 422, 423, 424, 425, 426, 427, 428, 429, 430, 431, 432, 433, 434, 435, 436, 437, 438, 439, 440, 441, 442, 443, 444, 445, 446, 447, 448, 449, 450, 451, 452, 453, 454, 455, 456, 457, 458, 459, 460, 461, 462, 463, 464, 465, 466, 467, 468, 469, 470, 471, 472, 473, 474, 475, 476, 477, 478, 479, 480, 481, 482, 483, 484, 485, 486, 487, 488, 489, 490, 491, 492, 493, 494, 495, 496, 497, 498, 499, 500, 501, 502, 503, 504, 505, 506, 507, 508, 509, 510, 511, 512, 513, 514, 515, 516, 517, 518], "LargestImagePixelValue": [39941, 30490, 27178, 37089, 27063, 30994, 32093, 37909, 30299, 34266, 39033, 36817, 28435, 34388, 30854, 40296, 30742, 27037, 40020, 36555, 29977, 27005, 38555, 28539, 26822, 39343, 40888, 35459, 32228, 36813, 38382, 28815, 28806, 26875, 41322, 34181, 37495, 36323, 39565, 33852, 27854, 27913, 39015, 30902, 31617, 30063, 39655, 32271, 37104, 36920, 36018, 28435, 31195, 28446, 39484, 28887, 28949, 35289, 39448, 30003, 32149, 37577, 26645, 32605, 29469, 39641, 37672, 31527, 30432, 39130, 33941, 29340, 35454, 38850, 30322, 27669, 28811, 35203, 36290, 34061, 39753, 38612, 30596, 36063, 28977, 39675, 31155, 26906, 30076, 29270, 26999, 40878, 28238, 26501, 39464, 32214, 27378, 37224, 30048, 26664, 34891, 26645, 26331, 37517, 30382, 26681, 40426, 30134, 27125, 38151, 28069, 26579, 38213, 26722, 38546, 36996, 35678, 28618, 39150, 28120, 35727, 38783, 35147, 33205, 39594, 35083, 31041, 39290, 40110, 32139, 26599, 37047, 28157, 31396, 26289, 39370, 39374, 33072, 27863, 26619, 40196, 29857, 29515, 34094, 35310, 38861, 38780, 32284, 36030, 31519, 39813, 39542, 33581, 32317, 32656, 34238, 29323, 26625, 38777, 26438, 34025, 29418, 26878, 32706, 38835, 39549, 38044, 34634, 32975, 38201, 38276, 30481, 26439, 37682, 28064, 29611, 40460, 33106, 28286, 36975, 32071, 26615, 36483, 28328, 32634, 39299, 37650, 28851, 34444, 39616, 32084, 35789, 32479, 35321, 28100, 31923, 32634, 40243, 30110, 26613, 36712, 36686, 36354, 39586, 33345, 29145, 27222, 35271, 35929, 39375, 28933, 30372, 27535, 31633, 27036, 27155, 37514, 41457, 39150, 33761, 37128, 35380, 31113, 33348, 29657, 39216, 39765, 34305, 31835, 27754, 27258, 36390, 34197, 28933, 30153, 35993, 29585, 39667, 32947, 30732, 32142, 36348, 39231, 38539, 37444, 32086, 26612, 32183, 29299, 37328, 35756, 35301, 28030, 26352, 30701, 26754, 39689, 31955, 26381, 31739, 37667, 35386, 39089, 30883, 39924, 32686, 39663, 38714, 38144, 34621, 30721, 31794, 37988, 32790, 32521, 27012, 29541, 37402, 28877, 39727, 32731, 26219, 36299, 26813, 40020, 29942, 30643, 38630, 30171, 39567, 32162, 26383, 27957, 37219, 28742, 26248, 32642, 37896, 30143, 26430, 39484, 39776, 32259, 29479, 37004, 36496, 38671, 33236, 26272, 32850, 37413, 40273, 37738, 32894, 36388, 28969, 40176, 32808, 29060, 32750, 26485, 39027, 26202, 34077, 38669, 39200, 39115, 34046, 32572, 28360, 38267, 26329, 38947, 30929, 39719, 33040, 35722, 36307, 28865, 27376, 26405, 36538, 32258, 32435, 26793, 33619, 32621, 39260, 34535, 30111, 39691, 33745, 29188, 26068, 32788, 26007, 33154, 37980, 39279, 38800, 32595, 37506, 37044, 39882, 32977, 28225, 27560, 39426, 35534, 31876, 28661, 25991, 37929, 39972, 32197, 26499, 26162, 28572, 28924, 26093, 26169, 32156, 32727, 26602, 38036, 40233, 40208, 33863, 29832, 35845, 39480, 29069, 31660, 36714, 38613, 39391, 35020, 31508, 25723, 35927, 33565, 28848, 36374, 32568, 34447, 28193, 27081, 28239, 39103, 35769, 38197, 32998, 30888, 37551, 39873, 33695, 34460, 26392, 39876, 31161, 25737, 26240, 40229, 33730, 40305, 39111, 29976, 25837, 26607, 39702, 30850, 25878, 39893, 30922, 39823, 31097, 26740, 38394, 34865, 37294, 38707, 32341, 27826, 26868, 27658, 30145, 38096, 38083, 33227, 25746, 29959, 31342, 30042, 34546, 39080, 31917, 35517, 39431, 41508, 35775, 36651, 38473, 34801, 27893, 31127, 30702, 36729, 38843, 33538, 29065, 38936, 36972, 39290, 38503, 37664, 33486, 32220, 31361, 39544, 34251, 30657, 26326, 34281, 35256, 39561, 26016, 39060, 34657, 40014, 33794, 29149, 39727, 38873, 40134, 32436, 31260, 26133, 38706, 28126, 26424, 25934, 39726, 28343, 25900, 36819, 29831, 28961, 27376, 33851, 28361, 38829, 39364, 32763, 28095, 26366, 39062, 33202, 26284], "WindowCenter": [10332.0, 10304.0, 10297.0, 10322.0, 10288.0, 10285.0, 10301.0, 10310.0, 10302.0, 10325.0, 10343.0, 10329.0, 10302.0, 10313.0, 10298.0, 10329.0, 10300.0, 10283.0, 10324.0, 10310.0, 10285.0, 10284.0, 10329.0, 10301.0, 10295.0, 10332.0, 10335.0, 10309.0, 10284.0, 10314.0, 10325.0, 10285.0, 10294.0, 10298.0, 10339.0, 10309.0, 10328.0, 10325.0, 10302.0, 10296.0, 10270.0, 10277.0, 10315.0, 10294.0, 10290.0, 10292.0, 10318.0, 10291.0, 10320.0, 10328.0, 10311.0, 10295.0, 10297.0, 10288.0, 10328.0, 10297.0, 10279.0, 10316.0, 10329.0, 10297.0, 10314.0, 10330.0, 10283.0, 10312.0, 10306.0, 10336.0, 10322.0, 10311.0, 10312.0, 10311.0, 10316.0, 10285.0, 10328.0, 10334.0, 10354.0, 10320.0, 10329.0, 10335.0, 10306.0, 10286.0, 10316.0, 10299.0, 10256.0, 10279.0, 10263.0, 10308.0, 10277.0, 10266.0, 10283.0, 10261.0, 10241.0, 10321.0, 10268.0, 10281.0, 10317.0, 10281.0, 10258.0, 10300.0, 10273.0, 10265.0, 10305.0, 10279.0, 10279.0, 10315.0, 10297.0, 10278.0, 10326.0, 10284.0, 10277.0, 10323.0, 10305.0, 10295.0, 10334.0, 10299.0, 10335.0, 10331.0, 10316.0, 10304.0, 10333.0, 10290.0, 10345.0, 10330.0, 10319.0, 10313.0, 10337.0, 10319.0, 10276.0, 10312.0, 10310.0, 10284.0, 10260.0, 10317.0, 10276.0, 10304.0, 10279.0, 10300.0, 10324.0, 10298.0, 10293.0, 10294.0, 10337.0, 10305.0, 10300.0, 10307.0, 10311.0, 10324.0, 10323.0, 10300.0, 10300.0, 10296.0, 10326.0, 10310.0, 10284.0, 10279.0, 10296.0, 10291.0, 10293.0, 10283.0, 10313.0, 10275.0, 10317.0, 10303.0, 10298.0, 10294.0, 10322.0, 10314.0, 10302.0, 10280.0, 10262.0, 10288.0, 10289.0, 10271.0, 10248.0, 10297.0, 10249.0, 10267.0, 10296.0, 10277.0, 10243.0, 10289.0, 10264.0, 10243.0, 10317.0, 10278.0, 10280.0, 10301.0, 10289.0, 10268.0, 10290.0, 10290.0, 10284.0, 10285.0, 10279.0, 10291.0, 10263.0, 10277.0, 10295.0, 10307.0, 10282.0, 10276.0, 10317.0, 10308.0, 10314.0, 10324.0, 10284.0, 10284.0, 10281.0, 10313.0, 10307.0, 10318.0, 10277.0, 10287.0, 10266.0, 10340.0, 10310.0, 10294.0, 10323.0, 10315.0, 10303.0, 10280.0, 10298.0, 10292.0, 10274.0, 10278.0, 10270.0, 10302.0, 10275.0, 10263.0, 10252.0, 10255.0, 10244.0, 10301.0, 10288.0, 10254.0, 10263.0, 10293.0, 10255.0, 10307.0, 10284.0, 10275.0, 10260.0, 10274.0, 10290.0, 10288.0, 10284.0, 10272.0, 10253.0, 10294.0, 10277.0, 10287.0, 10285.0, 10291.0, 10241.0, 10252.0, 10255.0, 10259.0, 10305.0, 10278.0, 10254.0, 10263.0, 10292.0, 10280.0, 10288.0, 10281.0, 10313.0, 10282.0, 10302.0, 10284.0, 10287.0, 10263.0, 10278.0, 10267.0, 10308.0, 10296.0, 10277.0, 10261.0, 10247.0, 10308.0, 10249.0, 10291.0, 10272.0, 10245.0, 10291.0, 10251.0, 10306.0, 10281.0, 10284.0, 10295.0, 10270.0, 10294.0, 10262.0, 10253.0, 10263.0, 10298.0, 10276.0, 10270.0, 10308.0, 10324.0, 10300.0, 10264.0, 10306.0, 10316.0, 10276.0, 10276.0, 10279.0, 10279.0, 10279.0, 10257.0, 10257.0, 10280.0, 10276.0, 10286.0, 10290.0, 10270.0, 10291.0, 10250.0, 10297.0, 10258.0, 10250.0, 10266.0, 10252.0, 10296.0, 10259.0, 10274.0, 10297.0, 10288.0, 10289.0, 10275.0, 10275.0, 10255.0, 10292.0, 10247.0, 10293.0, 10262.0, 10303.0, 10270.0, 10283.0, 10288.0, 10244.0, 10257.0, 10263.0, 10298.0, 10291.0, 10297.0, 10266.0, 10300.0, 10287.0, 10326.0, 10287.0, 10278.0, 10310.0, 10281.0, 10270.0, 10253.0, 10286.0, 10278.0, 10302.0, 10308.0, 10299.0, 10285.0, 10255.0, 10274.0, 10269.0, 10258.0, 10240.0, 10220.0, 10219.0, 10254.0, 10236.0, 10250.0, 10235.0, 10204.0, 10240.0, 10256.0, 10221.0, 10202.0, 10219.0, 10254.0, 10252.0, 10256.0, 10272.0, 10284.0, 10282.0, 10264.0, 10301.0, 10291.0, 10296.0, 10266.0, 10248.0, 10269.0, 10300.0, 10251.0, 10279.0, 10294.0, 10288.0, 10306.0, 10282.0, 10261.0, 10256.0, 10312.0, 10291.0, 10276.0, 10294.0, 10280.0, 10332.0, 10269.0, 10278.0, 10279.0, 10312.0, 10283.0, 10277.0, 10251.0, 10227.0, 10252.0, 10265.0, 10232.0, 10236.0, 10224.0, 10268.0, 10229.0, 10214.0, 10225.0, 10275.0, 10251.0, 10246.0, 10248.0, 10215.0, 10213.0, 10220.0, 10277.0, 10235.0, 10212.0, 10259.0, 10226.0, 10272.0, 10238.0, 10213.0, 10259.0, 10225.0, 10236.0, 10246.0, 10231.0, 10226.0, 10229.0, 10239.0, 10257.0, 10286.0, 10283.0, 10271.0, 10247.0, 10262.0, 10269.0, 10256.0, 10289.0, 10284.0, 10284.0, 10283.0, 10295.0, 10312.0, 10276.0, 10271.0, 10288.0, 10273.0, 10246.0, 10264.0, 10258.0, 10279.0, 10288.0, 10263.0, 10248.0, 10287.0, 10277.0, 10274.0, 10269.0, 10271.0, 10273.0, 10267.0, 10288.0, 10304.0, 10295.0, 10275.0, 10219.0, 10273.0, 10264.0, 10287.0, 10247.0, 10304.0, 10275.0, 10298.0, 10263.0, 10251.0, 10274.0, 10257.0, 10268.0, 10236.0, 10231.0, 10215.0, 10268.0, 10234.0, 10212.0, 10227.0, 10286.0, 10241.0, 10237.0, 10269.0, 10253.0, 10247.0, 10255.0, 10284.0, 10257.0, 10285.0, 10283.0, 10265.0, 10246.0, 10230.0, 10296.0, 10260.0, 10241.0], "WindowWidth": [21978.0, 21920.0, 21898.0, 21949.0, 21878.0, 21875.0, 21902.0, 21928.0, 21911.0, 21958.0, 21995.0, 21958.0, 21905.0, 21928.0, 21896.0, 21964.0, 21906.0, 21868.0, 21951.0, 21918.0, 21868.0, 21864.0, 21961.0, 21904.0, 21890.0, 21968.0, 21973.0, 21912.0, 21870.0, 21928.0, 21954.0, 21873.0, 21891.0, 21896.0, 21988.0, 21925.0, 21956.0, 21950.0, 21913.0, 21890.0, 21834.0, 21848.0, 21938.0, 21889.0, 21881.0, 21885.0, 21938.0, 21888.0, 21941.0, 21956.0, 21921.0, 21889.0, 21896.0, 21879.0, 21961.0, 21894.0, 21863.0, 21937.0, 21961.0, 21896.0, 21935.0, 21970.0, 21872.0, 21928.0, 21913.0, 21977.0, 21951.0, 21928.0, 21924.0, 21932.0, 21932.0, 21867.0, 21951.0, 21978.0, 22047.0, 21955.0, 21968.0, 21969.0, 21913.0, 21866.0, 21921.0, 21884.0, 21796.0, 21840.0, 21811.0, 21909.0, 21842.0, 21818.0, 21850.0, 21815.0, 21774.0, 21932.0, 21829.0, 21849.0, 21926.0, 21850.0, 21798.0, 21887.0, 21834.0, 21819.0, 21902.0, 21853.0, 21857.0, 21937.0, 21893.0, 21850.0, 21947.0, 21863.0, 21847.0, 21944.0, 21910.0, 21888.0, 21969.0, 21896.0, 21969.0, 21962.0, 21934.0, 21904.0, 21967.0, 21880.0, 21984.0, 21959.0, 21933.0, 21922.0, 21974.0, 21929.0, 21844.0, 21918.0, 21908.0, 21852.0, 21809.0, 21927.0, 21846.0, 21897.0, 21848.0, 21901.0, 21942.0, 21893.0, 21889.0, 21886.0, 21973.0, 21904.0, 21893.0, 21907.0, 21913.0, 21949.0, 21946.0, 21896.0, 21893.0, 21881.0, 21941.0, 21909.0, 21862.0, 21851.0, 21884.0, 21880.0, 21879.0, 21861.0, 21919.0, 21844.0, 21937.0, 21906.0, 21891.0, 21888.0, 21936.0, 21924.0, 21897.0, 21843.0, 21801.0, 21856.0, 21858.0, 21821.0, 21777.0, 21879.0, 21787.0, 21814.0, 21873.0, 21830.0, 21766.0, 21858.0, 21812.0, 21775.0, 21921.0, 21839.0, 21843.0, 21886.0, 21864.0, 21816.0, 21859.0, 21870.0, 21854.0, 21855.0, 21842.0, 21866.0, 21810.0, 21841.0, 21872.0, 21902.0, 21853.0, 21844.0, 21930.0, 21909.0, 21919.0, 21937.0, 21857.0, 21852.0, 21849.0, 21919.0, 21901.0, 21926.0, 21841.0, 21858.0, 21821.0, 22000.0, 21917.0, 21888.0, 21934.0, 21920.0, 21887.0, 21838.0, 21871.0, 21865.0, 21836.0, 21841.0, 21819.0, 21883.0, 21832.0, 21800.0, 21782.0, 21791.0, 21779.0, 21890.0, 21859.0, 21790.0, 21807.0, 21864.0, 21794.0, 21899.0, 21852.0, 21833.0, 21813.0, 21828.0, 21862.0, 21856.0, 21846.0, 21822.0, 21794.0, 21875.0, 21842.0, 21870.0, 21862.0, 21865.0, 21767.0, 21784.0, 21799.0, 21808.0, 21900.0, 21840.0, 21788.0, 21809.0, 21863.0, 21846.0, 21868.0, 21853.0, 21910.0, 21849.0, 21886.0, 21848.0, 21852.0, 21813.0, 21842.0, 21822.0, 21905.0, 21876.0, 21837.0, 21800.0, 21777.0, 21899.0, 21789.0, 21869.0, 21829.0, 21773.0, 21865.0, 21791.0, 21903.0, 21851.0, 21855.0, 21879.0, 21828.0, 21872.0, 21806.0, 21787.0, 21807.0, 21884.0, 21849.0, 21832.0, 21910.0, 21945.0, 21889.0, 21818.0, 21907.0, 21926.0, 21840.0, 21837.0, 21846.0, 21839.0, 21846.0, 21800.0, 21794.0, 21842.0, 21837.0, 21851.0, 21859.0, 21823.0, 21865.0, 21781.0, 21874.0, 21794.0, 21775.0, 21811.0, 21789.0, 21878.0, 21804.0, 21836.0, 21879.0, 21858.0, 21856.0, 21829.0, 21832.0, 21794.0, 21867.0, 21775.0, 21869.0, 21806.0, 21890.0, 21824.0, 21843.0, 21857.0, 21774.0, 21798.0, 21813.0, 21889.0, 21875.0, 21884.0, 21820.0, 21887.0, 21865.0, 21948.0, 21865.0, 21841.0, 21906.0, 21846.0, 21822.0, 21798.0, 21865.0, 21846.0, 21892.0, 21899.0, 21880.0, 21853.0, 21798.0, 21829.0, 21812.0, 21791.0, 21747.0, 21707.0, 21702.0, 21773.0, 21746.0, 21773.0, 21740.0, 21676.0, 21748.0, 21778.0, 21708.0, 21670.0, 21708.0, 21789.0, 21785.0, 21794.0, 21825.0, 21854.0, 21849.0, 21815.0, 21889.0, 21872.0, 21875.0, 21807.0, 21771.0, 21815.0, 21883.0, 21787.0, 21838.0, 21871.0, 21859.0, 21895.0, 21852.0, 21808.0, 21798.0, 21911.0, 21871.0, 21839.0, 21873.0, 21845.0, 21989.0, 21836.0, 21844.0, 21843.0, 21915.0, 21844.0, 21830.0, 21776.0, 21728.0, 21773.0, 21800.0, 21729.0, 21738.0, 21715.0, 21804.0, 21727.0, 21699.0, 21721.0, 21825.0, 21772.0, 21762.0, 21761.0, 21698.0, 21694.0, 21709.0, 21828.0, 21740.0, 21692.0, 21787.0, 21725.0, 21815.0, 21742.0, 21695.0, 21789.0, 21715.0, 21739.0, 21760.0, 21726.0, 21720.0, 21727.0, 21752.0, 21791.0, 21853.0, 21852.0, 21826.0, 21771.0, 21802.0, 21816.0, 21792.0, 21860.0, 21857.0, 21861.0, 21852.0, 21874.0, 21906.0, 21832.0, 21823.0, 21858.0, 21830.0, 21771.0, 21804.0, 21793.0, 21836.0, 21857.0, 21807.0, 21780.0, 21852.0, 21833.0, 21828.0, 21813.0, 21819.0, 21827.0, 21825.0, 21865.0, 21902.0, 21873.0, 21829.0, 21721.0, 21830.0, 21811.0, 21856.0, 21779.0, 21889.0, 21837.0, 21881.0, 21805.0, 21774.0, 21821.0, 21791.0, 21805.0, 21744.0, 21734.0, 21698.0, 21807.0, 21737.0, 21696.0, 21728.0, 21845.0, 21758.0, 21750.0, 21816.0, 21779.0, 21778.0, 21794.0, 21847.0, 21789.0, 21849.0, 21844.0, 21807.0, 21774.0, 21745.0, 21872.0, 21799.0, 21760.0]}, "slices": {}}}