{"AcquisitionMatrixPE": 256, "AcquisitionNumber": 1, "AcquisitionTime": "17:30:14.500000", "BaseResolution": 256, "BodyPartExamined": "BRAIN", "ConsistencyInfo": "N4_VD11D_LATEST_20110129", "ConversionSoftware": "dcm2niix", "ConversionSoftwareVersion": "v1.0.20210317", "DeviceSerialNumber": "45239", "DwellTime": 3.4e-06, "EchoTime": 0.56, "EchoTrainLength": 292, "FlipAngle": 120, "ImageOrientationPatientDICOM": [0.0207256, 0.992436, -0.121, 0.0500867, -0.121905, -0.991277], "ImageType": ["ORIGINAL", "PRIMARY", "M", "ND", "NORM"], "ImagingFrequency": 123.193, "InPlanePhaseEncodingDirectionDICOM": "ROW", "InstitutionAddress": "E 24th St. 100,Austin,Southmiddle,US,78712", "InstitutionName": "Univ of Texas at Austin", "InstitutionalDepartmentName": "IRC", "MRAcquisitionType": "3D", "MagneticFieldStrength": 3, "Manufacturer": "Siemens", "ManufacturersModelName": "Skyra", "Modality": "MR", "ParallelReductionFactorInPlane": 2, "PartialFourier": 1, "PatientPosition": "HFS", "PercentPhaseFOV": 100, "PercentSampling": 100, "PhaseEncodingDirection": "i", "PhaseEncodingSteps": 260, "PhaseOversampling": 0.1, "PhaseResolution": 1, "PixelBandwidth": 575, "ProcedureStepDescription": "Poldrack2^self-scanning", "ProtocolName": "T2w_SPC1_PMC", "PulseSequenceDetails": "%SiemensSeq%\\tse_vfl", "ReceiveCoilActiveElements": "HEA;HEP", "ReceiveCoilName": "Head_32", "ReconMatrixPE": 256, "RefLinesPE": 32, "RepetitionTime": 3.2, "SAR": 0.1522, "ScanOptions": "PFP", "ScanningSequence": "SE", "SequenceName": "*spc3d1_314ns", "SequenceVariant": "SK\\SP\\OSP", "SeriesDescription": "T2w_SPC1_PMC", "SeriesNumber": 13, "ShimSetting": [-2788, 8068, -15550, 86, -277, -130, 8, -61], "SliceThickness": 0.8, "SoftwareVersions": "syngo MR D11", "StationName": "AWP45239", "TxRefAmp": 337.722, "dcmmeta_affine": [[0.7988238334655762, 0.01659664511680603, 0.04010845720767975, -106.99185943603516], [-0.011587433516979218, 0.7947242259979248, -0.09761904925107956, -93.69595336914062], [-0.041787486523389816, 0.09689459204673767, 0.7937962412834167, -91.92266082763672], [0.0, 0.0, 0.0, 1.0]], "dcmmeta_reorient_transform": [[0.0, 0.0, -1.0, 255.0], [0.0, -1.0, 0.0, 255.0], [-1.0, 0.0, 0.0, 255.0], [0.0, 0.0, 0.0, 1.0]], "dcmmeta_shape": [256, 256, 256], "dcmmeta_slice_dim": 0, "dcmmeta_version": 0.6, "global": {"const": {"AcquisitionMatrix": [0, 256, 256, 0], "AcquisitionNumber": 1, "AcquisitionTime": "173014.500000", "AngioFlag": "N", "BitsAllocated": 16, "BitsStored": 12, "BodyPartExamined": "BRAIN", "Columns": 256, "EchoNumbers": 1, "EchoTime": 560.0, "EchoTrainLength": 292, "FlipAngle": 120.0, "HighBit": 11, "ImageOrientationPatient": [0.0207255659136, 0.99243611052467, -0.1210000720836, 0.05008666081674, -0.1219047653275, -0.9912772339758], "ImageType": ["ORIGINAL", "PRIMARY", "M", "ND", "NORM"], "ImagedNucleus": "1H", "ImagingFrequency": 123.193412, "InPlanePhaseEncodingDirection": "ROW", "MRAcquisitionType": "3D", "MagneticFieldStrength": 3.0, "Manufacturer": "SIEMENS", "ManufacturerModelName": "Skyra", "Modality": "MR", "NumberOfAverages": 1.0, "NumberOfPhaseEncodingSteps": 260, "PercentPhaseFieldOfView": 100.0, "PercentSampling": 100.0, "PerformedProcedureStepStartTime": "165913.078000", "PhotometricInterpretation": "MONOCHROME2", "PixelBandwidth": 575.0, "PixelRepresentation": 0, "PixelSpacing": [0.80078125, 0.80078125], "ProtocolName": "T2w_SPC1_PMC", "RepetitionTime": 3200.0, "Rows": 256, "SAR": 0.15220049692795, "SamplesPerPixel": 1, "ScanOptions": "PFP", "ScanningSequence": "SE", "SequenceName": "*spc3d1_314ns", "SequenceVariant": ["SK", "SP", "OSP"], "SeriesDescription": "T2w_SPC1_PMC", "SeriesNumber": 13, "SeriesTime": "173711.812000", "SliceThickness": 0.80000001192093, "SmallestImagePixelValue": 0, "SoftwareVersions": "syngo MR D11", "SpecificCharacterSet": "ISO_IR 100", "StudyID": "1", "StudyTime": "165913.031000", "TransmitCoilName": "Body", "VariableFlipAngleFlag": "Y", "WindowCenterWidthExplanation": "Algo1", "dBdt": 0.0}, "slices": {"ContentTime": ["173717.234000", "173717.234000", "173717.234000", "173717.234000", "173717.218000", "173717.218000", "173717.218000", "173717.218000", "173717.218000", "173717.203000", "173717.203000", "173717.203000", "173717.203000", "173717.203000", "173717.203000", "173717.187000", "173717.187000", "173717.187000", "173717.187000", "173717.187000", "173717.187000", "173717.187000", "173717.171000", "173717.171000", "173717.171000", "173717.171000", "173717.171000", "173717.171000", "173717.171000", "173717.156000", "173717.156000", "173717.156000", "173717.156000", "173717.156000", "173717.156000", "173717.156000", "173717.156000", "173717.156000", "173717.140000", "173717.140000", "173717.140000", "173717.140000", "173717.140000", "173717.140000", "173717.125000", "173717.125000", "173717.125000", "173717.125000", "173717.125000", "173717.125000", "173717.125000", "173717.109000", "173717.109000", "173717.109000", "173717.109000", "173717.109000", "173717.109000", "173717.109000", "173717.109000", "173717.093000", "173717.093000", "173717.093000", "173717.093000", "173717.093000", "173717.093000", "173717.093000", "173717.093000", "173717.093000", "173717.078000", "173717.078000", "173717.078000", "173717.078000", "173717.078000", "173717.078000", "173717.062000", "173717.062000", "173717.062000", "173717.062000", "173717.062000", "173717.062000", "173717.062000", "173717.062000", "173717.046000", "173717.046000", "173717.046000", "173717.046000", "173717.046000", "173717.046000", "173717.031000", "173717.031000", "173717.031000", "173717.031000", "173717.031000", "173717.015000", "173717.015000", "173717.015000", "173717.015000", "173717.015000", "173717.015000", "173717.015000", "173717.015000", "173717.015000", "173717.000000", "173716.984000", "173716.984000", "173716.984000", "173716.984000", "173716.984000", "173716.984000", "173716.984000", "173716.984000", "173716.968000", "173716.968000", "173716.968000", "173716.968000", "173716.968000", "173716.953000", "173716.953000", "173716.953000", "173716.953000", "173716.953000", "173716.937000", "173716.937000", "173716.921000", "173712.125000", "173712.109000", "173712.109000", "173712.109000", "173712.109000", "173712.109000", "173712.093000", "173712.093000", "173712.093000", "173712.093000", "173712.093000", "173712.093000", "173712.093000", "173712.078000", "173712.078000", "173712.078000", "173712.078000", "173712.078000", "173712.078000", "173712.078000", "173712.078000", "173712.078000", "173712.062000", "173712.062000", "173712.062000", "173712.062000", "173712.062000", "173712.062000", "173712.062000", "173712.062000", "173712.046000", "173712.046000", "173712.031000", "173712.031000", "173712.031000", "173712.031000", "173712.031000", "173712.015000", "173712.015000", "173712.015000", "173712.015000", "173712.000000", "173712.000000", "173712.000000", "173712.000000", "173712.000000", "173712.000000", "173712.000000", "173712.000000", "173712.000000", "173711.984000", "173711.984000", "173711.984000", "173711.984000", "173711.984000", "173711.968000", "173711.968000", "173711.968000", "173711.968000", "173711.968000", "173711.968000", "173711.968000", "173711.968000", "173711.968000", "173711.953000", "173711.953000", "173711.953000", "173711.953000", "173711.953000", "173711.953000", "173711.953000", "173711.953000", "173711.937000", "173711.937000", "173711.937000", "173711.937000", "173711.937000", "173711.937000", "173711.921000", "173711.921000", "173711.921000", "173711.921000", "173711.921000", "173711.921000", "173711.921000", "173711.921000", "173711.921000", "173711.906000", "173711.906000", "173711.906000", "173711.906000", "173711.906000", "173711.906000", "173711.890000", "173711.890000", "173711.890000", "173711.890000", "173711.875000", "173711.875000", "173711.875000", "173711.875000", "173711.875000", "173711.875000", "173711.859000", "173711.859000", "173711.859000", "173711.859000", "173711.859000", "173711.859000", "173711.859000", "173711.859000", "173711.843000", "173711.843000", "173711.843000", "173711.843000", "173711.843000", "173711.843000", "173711.843000", "173711.843000", "173711.843000", "173711.828000", "173711.828000", "173711.828000", "173711.828000", "173711.828000", "173711.828000", "173711.828000", "173711.828000", "173711.812000", "173711.812000", "173711.812000", "173711.812000"], "CsaImage.Actual3DImaPartNumber": [255, 254, 253, 252, 251, 250, 249, 248, 247, 246, 245, 244, 243, 242, 241, 240, 239, 238, 237, 236, 235, 234, 233, 232, 231, 230, 229, 228, 227, 226, 225, 224, 223, 222, 221, 220, 219, 218, 217, 216, 215, 214, 213, 212, 211, 210, 209, 208, 207, 206, 205, 204, 203, 202, 201, 200, 199, 198, 197, 196, 195, 194, 193, 192, 191, 190, 189, 188, 187, 186, 185, 184, 183, 182, 181, 180, 179, 178, 177, 176, 175, 174, 173, 172, 171, 170, 169, 168, 167, 166, 165, 164, 163, 162, 161, 160, 159, 158, 157, 156, 155, 154, 153, 152, 151, 150, 149, 148, 147, 146, 145, 144, 143, 142, 141, 140, 139, 138, 137, 136, 135, 134, 133, 132, 131, 130, 129, 128, 127, 126, 125, 124, 123, 122, 121, 120, 119, 118, 117, 116, 115, 114, 113, 112, 111, 110, 109, 108, 107, 106, 105, 104, 103, 102, 101, 100, 99, 98, 97, 96, 95, 94, 93, 92, 91, 90, 89, 88, 87, 86, 85, 84, 83, 82, 81, 80, 79, 78, 77, 76, 75, 74, 73, 72, 71, 70, 69, 68, 67, 66, 65, 64, 63, 62, 61, 60, 59, 58, 57, 56, 55, 54, 53, 52, 51, 50, 49, 48, 47, 46, 45, 44, 43, 42, 41, 40, 39, 38, 37, 36, 35, 34, 33, 32, 31, 30, 29, 28, 27, 26, 25, 24, 23, 22, 21, 20, 19, 18, 17, 16, 15, 14, 13, 12, 11, 10, 9, 8, 7, 6, 5, 4, 3, 2, 1, 0], "CsaImage.ICE_Dims": ["X_1_1_1_1_1_256_1_1_1_1_1_186", "X_1_1_1_1_1_255_1_1_1_1_1_186", "X_1_1_1_1_1_254_1_1_1_1_1_186", "X_1_1_1_1_1_253_1_1_1_1_1_186", "X_1_1_1_1_1_252_1_1_1_1_1_186", "X_1_1_1_1_1_251_1_1_1_1_1_186", "X_1_1_1_1_1_250_1_1_1_1_1_186", "X_1_1_1_1_1_249_1_1_1_1_1_186", "X_1_1_1_1_1_248_1_1_1_1_1_186", "X_1_1_1_1_1_247_1_1_1_1_1_186", "X_1_1_1_1_1_246_1_1_1_1_1_186", "X_1_1_1_1_1_245_1_1_1_1_1_186", "X_1_1_1_1_1_244_1_1_1_1_1_186", "X_1_1_1_1_1_243_1_1_1_1_1_186", "X_1_1_1_1_1_242_1_1_1_1_1_186", "X_1_1_1_1_1_241_1_1_1_1_1_186", "X_1_1_1_1_1_240_1_1_1_1_1_186", "X_1_1_1_1_1_239_1_1_1_1_1_186", "X_1_1_1_1_1_238_1_1_1_1_1_186", "X_1_1_1_1_1_237_1_1_1_1_1_186", "X_1_1_1_1_1_236_1_1_1_1_1_186", "X_1_1_1_1_1_235_1_1_1_1_1_186", "X_1_1_1_1_1_234_1_1_1_1_1_186", "X_1_1_1_1_1_233_1_1_1_1_1_186", "X_1_1_1_1_1_232_1_1_1_1_1_186", "X_1_1_1_1_1_231_1_1_1_1_1_186", "X_1_1_1_1_1_230_1_1_1_1_1_186", "X_1_1_1_1_1_229_1_1_1_1_1_186", "X_1_1_1_1_1_228_1_1_1_1_1_186", "X_1_1_1_1_1_227_1_1_1_1_1_186", "X_1_1_1_1_1_226_1_1_1_1_1_186", "X_1_1_1_1_1_225_1_1_1_1_1_186", "X_1_1_1_1_1_224_1_1_1_1_1_186", "X_1_1_1_1_1_223_1_1_1_1_1_186", "X_1_1_1_1_1_222_1_1_1_1_1_186", "X_1_1_1_1_1_221_1_1_1_1_1_186", "X_1_1_1_1_1_220_1_1_1_1_1_186", "X_1_1_1_1_1_219_1_1_1_1_1_186", "X_1_1_1_1_1_218_1_1_1_1_1_186", "X_1_1_1_1_1_217_1_1_1_1_1_186", "X_1_1_1_1_1_216_1_1_1_1_1_186", "X_1_1_1_1_1_215_1_1_1_1_1_186", "X_1_1_1_1_1_214_1_1_1_1_1_186", "X_1_1_1_1_1_213_1_1_1_1_1_186", "X_1_1_1_1_1_212_1_1_1_1_1_186", "X_1_1_1_1_1_211_1_1_1_1_1_186", "X_1_1_1_1_1_210_1_1_1_1_1_186", "X_1_1_1_1_1_209_1_1_1_1_1_186", "X_1_1_1_1_1_208_1_1_1_1_1_186", "X_1_1_1_1_1_207_1_1_1_1_1_186", "X_1_1_1_1_1_206_1_1_1_1_1_186", "X_1_1_1_1_1_205_1_1_1_1_1_186", "X_1_1_1_1_1_204_1_1_1_1_1_186", "X_1_1_1_1_1_203_1_1_1_1_1_186", "X_1_1_1_1_1_202_1_1_1_1_1_186", "X_1_1_1_1_1_201_1_1_1_1_1_186", "X_1_1_1_1_1_200_1_1_1_1_1_186", "X_1_1_1_1_1_199_1_1_1_1_1_186", "X_1_1_1_1_1_198_1_1_1_1_1_186", "X_1_1_1_1_1_197_1_1_1_1_1_186", "X_1_1_1_1_1_196_1_1_1_1_1_186", "X_1_1_1_1_1_195_1_1_1_1_1_186", "X_1_1_1_1_1_194_1_1_1_1_1_186", "X_1_1_1_1_1_193_1_1_1_1_1_186", "X_1_1_1_1_1_192_1_1_1_1_1_186", "X_1_1_1_1_1_191_1_1_1_1_1_186", "X_1_1_1_1_1_190_1_1_1_1_1_186", "X_1_1_1_1_1_189_1_1_1_1_1_186", "X_1_1_1_1_1_188_1_1_1_1_1_186", "X_1_1_1_1_1_187_1_1_1_1_1_186", "X_1_1_1_1_1_186_1_1_1_1_1_186", "X_1_1_1_1_1_185_1_1_1_1_1_186", "X_1_1_1_1_1_184_1_1_1_1_1_186", "X_1_1_1_1_1_183_1_1_1_1_1_186", "X_1_1_1_1_1_182_1_1_1_1_1_186", "X_1_1_1_1_1_181_1_1_1_1_1_186", "X_1_1_1_1_1_180_1_1_1_1_1_186", "X_1_1_1_1_1_179_1_1_1_1_1_186", "X_1_1_1_1_1_178_1_1_1_1_1_186", "X_1_1_1_1_1_177_1_1_1_1_1_186", "X_1_1_1_1_1_176_1_1_1_1_1_186", "X_1_1_1_1_1_175_1_1_1_1_1_186", "X_1_1_1_1_1_174_1_1_1_1_1_186", "X_1_1_1_1_1_173_1_1_1_1_1_186", "X_1_1_1_1_1_172_1_1_1_1_1_186", "X_1_1_1_1_1_171_1_1_1_1_1_186", "X_1_1_1_1_1_170_1_1_1_1_1_186", "X_1_1_1_1_1_169_1_1_1_1_1_186", "X_1_1_1_1_1_168_1_1_1_1_1_186", "X_1_1_1_1_1_167_1_1_1_1_1_186", "X_1_1_1_1_1_166_1_1_1_1_1_186", "X_1_1_1_1_1_165_1_1_1_1_1_186", "X_1_1_1_1_1_164_1_1_1_1_1_186", "X_1_1_1_1_1_163_1_1_1_1_1_186", "X_1_1_1_1_1_162_1_1_1_1_1_186", "X_1_1_1_1_1_161_1_1_1_1_1_186", "X_1_1_1_1_1_160_1_1_1_1_1_186", "X_1_1_1_1_1_159_1_1_1_1_1_186", "X_1_1_1_1_1_158_1_1_1_1_1_186", "X_1_1_1_1_1_157_1_1_1_1_1_186", "X_1_1_1_1_1_156_1_1_1_1_1_186", "X_1_1_1_1_1_155_1_1_1_1_1_186", "X_1_1_1_1_1_154_1_1_1_1_1_186", "X_1_1_1_1_1_153_1_1_1_1_1_186", "X_1_1_1_1_1_152_1_1_1_1_1_186", "X_1_1_1_1_1_151_1_1_1_1_1_186", "X_1_1_1_1_1_150_1_1_1_1_1_186", "X_1_1_1_1_1_149_1_1_1_1_1_186", "X_1_1_1_1_1_148_1_1_1_1_1_186", "X_1_1_1_1_1_147_1_1_1_1_1_186", "X_1_1_1_1_1_146_1_1_1_1_1_186", "X_1_1_1_1_1_145_1_1_1_1_1_186", "X_1_1_1_1_1_144_1_1_1_1_1_186", "X_1_1_1_1_1_143_1_1_1_1_1_186", "X_1_1_1_1_1_142_1_1_1_1_1_186", "X_1_1_1_1_1_141_1_1_1_1_1_186", "X_1_1_1_1_1_140_1_1_1_1_1_186", "X_1_1_1_1_1_139_1_1_1_1_1_186", "X_1_1_1_1_1_138_1_1_1_1_1_186", "X_1_1_1_1_1_137_1_1_1_1_1_186", "X_1_1_1_1_1_136_1_1_1_1_1_186", "X_1_1_1_1_1_135_1_1_1_1_1_186", "X_1_1_1_1_1_134_1_1_1_1_1_186", "X_1_1_1_1_1_133_1_1_1_1_1_186", "X_1_1_1_1_1_132_1_1_1_1_1_186", "X_1_1_1_1_1_131_1_1_1_1_1_186", "X_1_1_1_1_1_130_1_1_1_1_1_186", "X_1_1_1_1_1_129_1_1_1_1_1_186", "X_1_1_1_1_1_128_1_1_1_1_1_186", "X_1_1_1_1_1_127_1_1_1_1_1_186", "X_1_1_1_1_1_126_1_1_1_1_1_186", "X_1_1_1_1_1_125_1_1_1_1_1_186", "X_1_1_1_1_1_124_1_1_1_1_1_186", "X_1_1_1_1_1_123_1_1_1_1_1_186", "X_1_1_1_1_1_122_1_1_1_1_1_186", "X_1_1_1_1_1_121_1_1_1_1_1_186", "X_1_1_1_1_1_120_1_1_1_1_1_186", "X_1_1_1_1_1_119_1_1_1_1_1_186", "X_1_1_1_1_1_118_1_1_1_1_1_186", "X_1_1_1_1_1_117_1_1_1_1_1_186", "X_1_1_1_1_1_116_1_1_1_1_1_186", "X_1_1_1_1_1_115_1_1_1_1_1_186", "X_1_1_1_1_1_114_1_1_1_1_1_186", "X_1_1_1_1_1_113_1_1_1_1_1_186", "X_1_1_1_1_1_112_1_1_1_1_1_186", "X_1_1_1_1_1_111_1_1_1_1_1_186", "X_1_1_1_1_1_110_1_1_1_1_1_186", "X_1_1_1_1_1_109_1_1_1_1_1_186", "X_1_1_1_1_1_108_1_1_1_1_1_186", "X_1_1_1_1_1_107_1_1_1_1_1_186", "X_1_1_1_1_1_106_1_1_1_1_1_186", "X_1_1_1_1_1_105_1_1_1_1_1_186", "X_1_1_1_1_1_104_1_1_1_1_1_186", "X_1_1_1_1_1_103_1_1_1_1_1_186", "X_1_1_1_1_1_102_1_1_1_1_1_186", "X_1_1_1_1_1_101_1_1_1_1_1_186", "X_1_1_1_1_1_100_1_1_1_1_1_186", "X_1_1_1_1_1_99_1_1_1_1_1_186", "X_1_1_1_1_1_98_1_1_1_1_1_186", "X_1_1_1_1_1_97_1_1_1_1_1_186", "X_1_1_1_1_1_96_1_1_1_1_1_186", "X_1_1_1_1_1_95_1_1_1_1_1_186", "X_1_1_1_1_1_94_1_1_1_1_1_186", "X_1_1_1_1_1_93_1_1_1_1_1_186", "X_1_1_1_1_1_92_1_1_1_1_1_186", "X_1_1_1_1_1_91_1_1_1_1_1_186", "X_1_1_1_1_1_90_1_1_1_1_1_186", "X_1_1_1_1_1_89_1_1_1_1_1_186", "X_1_1_1_1_1_88_1_1_1_1_1_186", "X_1_1_1_1_1_87_1_1_1_1_1_186", "X_1_1_1_1_1_86_1_1_1_1_1_186", "X_1_1_1_1_1_85_1_1_1_1_1_186", "X_1_1_1_1_1_84_1_1_1_1_1_186", "X_1_1_1_1_1_83_1_1_1_1_1_186", "X_1_1_1_1_1_82_1_1_1_1_1_186", "X_1_1_1_1_1_81_1_1_1_1_1_186", "X_1_1_1_1_1_80_1_1_1_1_1_186", "X_1_1_1_1_1_79_1_1_1_1_1_186", "X_1_1_1_1_1_78_1_1_1_1_1_186", "X_1_1_1_1_1_77_1_1_1_1_1_186", "X_1_1_1_1_1_76_1_1_1_1_1_186", "X_1_1_1_1_1_75_1_1_1_1_1_186", "X_1_1_1_1_1_74_1_1_1_1_1_186", "X_1_1_1_1_1_73_1_1_1_1_1_186", "X_1_1_1_1_1_72_1_1_1_1_1_186", "X_1_1_1_1_1_71_1_1_1_1_1_186", "X_1_1_1_1_1_70_1_1_1_1_1_186", "X_1_1_1_1_1_69_1_1_1_1_1_186", "X_1_1_1_1_1_68_1_1_1_1_1_186", "X_1_1_1_1_1_67_1_1_1_1_1_186", "X_1_1_1_1_1_66_1_1_1_1_1_186", "X_1_1_1_1_1_65_1_1_1_1_1_186", "X_1_1_1_1_1_64_1_1_1_1_1_186", "X_1_1_1_1_1_63_1_1_1_1_1_186", "X_1_1_1_1_1_62_1_1_1_1_1_186", "X_1_1_1_1_1_61_1_1_1_1_1_186", "X_1_1_1_1_1_60_1_1_1_1_1_186", "X_1_1_1_1_1_59_1_1_1_1_1_186", "X_1_1_1_1_1_58_1_1_1_1_1_186", "X_1_1_1_1_1_57_1_1_1_1_1_186", "X_1_1_1_1_1_56_1_1_1_1_1_186", "X_1_1_1_1_1_55_1_1_1_1_1_186", "X_1_1_1_1_1_54_1_1_1_1_1_186", "X_1_1_1_1_1_53_1_1_1_1_1_186", "X_1_1_1_1_1_52_1_1_1_1_1_186", "X_1_1_1_1_1_51_1_1_1_1_1_186", "X_1_1_1_1_1_50_1_1_1_1_1_186", "X_1_1_1_1_1_49_1_1_1_1_1_186", "X_1_1_1_1_1_48_1_1_1_1_1_186", "X_1_1_1_1_1_47_1_1_1_1_1_186", "X_1_1_1_1_1_46_1_1_1_1_1_186", "X_1_1_1_1_1_45_1_1_1_1_1_186", "X_1_1_1_1_1_44_1_1_1_1_1_186", "X_1_1_1_1_1_43_1_1_1_1_1_186", "X_1_1_1_1_1_42_1_1_1_1_1_186", "X_1_1_1_1_1_41_1_1_1_1_1_186", "X_1_1_1_1_1_40_1_1_1_1_1_186", "X_1_1_1_1_1_39_1_1_1_1_1_186", "X_1_1_1_1_1_38_1_1_1_1_1_186", "X_1_1_1_1_1_37_1_1_1_1_1_186", "X_1_1_1_1_1_36_1_1_1_1_1_186", "X_1_1_1_1_1_35_1_1_1_1_1_186", "X_1_1_1_1_1_34_1_1_1_1_1_186", "X_1_1_1_1_1_33_1_1_1_1_1_186", "X_1_1_1_1_1_32_1_1_1_1_1_186", "X_1_1_1_1_1_31_1_1_1_1_1_186", "X_1_1_1_1_1_30_1_1_1_1_1_186", "X_1_1_1_1_1_29_1_1_1_1_1_186", "X_1_1_1_1_1_28_1_1_1_1_1_186", "X_1_1_1_1_1_27_1_1_1_1_1_186", "X_1_1_1_1_1_26_1_1_1_1_1_186", "X_1_1_1_1_1_25_1_1_1_1_1_186", "X_1_1_1_1_1_24_1_1_1_1_1_186", "X_1_1_1_1_1_23_1_1_1_1_1_186", "X_1_1_1_1_1_22_1_1_1_1_1_186", "X_1_1_1_1_1_21_1_1_1_1_1_186", "X_1_1_1_1_1_20_1_1_1_1_1_186", "X_1_1_1_1_1_19_1_1_1_1_1_186", "X_1_1_1_1_1_18_1_1_1_1_1_186", "X_1_1_1_1_1_17_1_1_1_1_1_186", "X_1_1_1_1_1_16_1_1_1_1_1_186", "X_1_1_1_1_1_15_1_1_1_1_1_186", "X_1_1_1_1_1_14_1_1_1_1_1_186", "X_1_1_1_1_1_13_1_1_1_1_1_186", "X_1_1_1_1_1_12_1_1_1_1_1_186", "X_1_1_1_1_1_11_1_1_1_1_1_186", "X_1_1_1_1_1_10_1_1_1_1_1_186", "X_1_1_1_1_1_9_1_1_1_1_1_186", "X_1_1_1_1_1_8_1_1_1_1_1_186", "X_1_1_1_1_1_7_1_1_1_1_1_186", "X_1_1_1_1_1_6_1_1_1_1_1_186", "X_1_1_1_1_1_5_1_1_1_1_1_186", "X_1_1_1_1_1_4_1_1_1_1_1_186", "X_1_1_1_1_1_3_1_1_1_1_1_186", "X_1_1_1_1_1_2_1_1_1_1_1_186", "X_1_1_1_1_1_1_1_1_1_1_1_186"], "CsaImage.SlicePosition_PCS": [[92.53205553, -84.06586376, 135.2034967], [91.73323168, -84.05427633, 135.16170921], [90.93440782, -84.0426889, 135.11992173], [90.13558396, -84.03110146, 135.07813424], [89.3367601, -84.01951403, 135.03634676], [88.53793624, -84.00792659, 134.99455927], [87.73911238, -83.99633916, 134.95277179], [86.94028853, -83.98475173, 134.9109843], [86.14146467, -83.97316429, 134.86919682], [85.34264081, -83.96157686, 134.82740933], [84.54381695, -83.94998943, 134.78562184], [83.74499309, -83.93840199, 134.74383436], [82.94616924, -83.92681456, 134.70204687], [82.14734538, -83.91522712, 134.66025939], [81.34852152, -83.90363969, 134.6184719], [80.54969766, -83.89205226, 134.57668442], [79.7508738, -83.88046482, 134.53489693], [78.95204994, -83.86887739, 134.49310945], [78.15322609, -83.85728996, 134.45132196], [77.35440223, -83.84570252, 134.40953447], [76.55557837, -83.83411509, 134.36774699], [75.75675451, -83.82252765, 134.3259595], [74.95793065, -83.81094022, 134.28417202], [74.15910679, -83.79935279, 134.24238453], [73.36028294, -83.78776535, 134.20059705], [72.56145908, -83.77617792, 134.15880956], [71.76263522, -83.76459048, 134.11702208], [70.96381136, -83.75300305, 134.07523459], [70.1649875, -83.74141562, 134.03344711], [69.36616365, -83.72982818, 133.99165962], [68.56733979, -83.71824075, 133.94987213], [67.76851593, -83.70665332, 133.90808465], [66.96969207, -83.69506588, 133.86629716], [66.17086821, -83.68347845, 133.82450968], [65.37204435, -83.67189101, 133.78272219], [64.5732205, -83.66030358, 133.74093471], [63.77439664, -83.64871615, 133.69914722], [62.97557278, -83.63712871, 133.65735974], [62.17674892, -83.62554128, 133.61557225], [61.37792506, -83.61395384, 133.57378476], [60.5791012, -83.60236641, 133.53199728], [59.78027735, -83.59077898, 133.49020979], [58.98145349, -83.57919154, 133.44842231], [58.18262963, -83.56760411, 133.40663482], [57.38380577, -83.55601668, 133.36484734], [56.58498191, -83.54442924, 133.32305985], [55.78615805, -83.53284181, 133.28127237], [54.9873342, -83.52125437, 133.23948488], [54.18851034, -83.50966694, 133.1976974], [53.38968648, -83.49807951, 133.15590991], [52.59086262, -83.48649207, 133.11412242], [51.79203876, -83.47490464, 133.07233494], [50.99321491, -83.4633172, 133.03054745], [50.19439105, -83.45172977, 132.98875997], [49.39556719, -83.44014234, 132.94697248], [48.59674333, -83.4285549, 132.905185], [47.79791947, -83.41696747, 132.86339751], [46.99909561, -83.40538004, 132.82161003], [46.20027176, -83.3937926, 132.77982254], [45.4014479, -83.38220517, 132.73803505], [44.60262404, -83.37061773, 132.69624757], [43.80380018, -83.3590303, 132.65446008], [43.00497632, -83.34744287, 132.6126726], [42.20615246, -83.33585543, 132.57088511], [41.40732861, -83.324268, 132.52909763], [40.60850475, -83.31268056, 132.48731014], [39.80968089, -83.30109313, 132.44552266], [39.01085703, -83.2895057, 132.40373517], [38.21203317, -83.27791826, 132.36194768], [37.41320932, -83.26633083, 132.3201602], [36.61438546, -83.2547434, 132.27837271], [35.8155616, -83.24315596, 132.23658523], [35.01673774, -83.23156853, 132.19479774], [34.21791388, -83.21998109, 132.15301026], [33.41909002, -83.20839366, 132.11122277], [32.62026617, -83.19680623, 132.06943529], [31.82144231, -83.18521879, 132.0276478], [31.02261845, -83.17363136, 131.98586032], [30.22379459, -83.16204392, 131.94407283], [29.42497073, -83.15045649, 131.90228534], [28.62614687, -83.13886906, 131.86049786], [27.82732302, -83.12728162, 131.81871037], [27.02849916, -83.11569419, 131.77692289], [26.2296753, -83.10410676, 131.7351354], [25.43085144, -83.09251932, 131.69334792], [24.63202758, -83.08093189, 131.65156043], [23.83320373, -83.06934445, 131.60977295], [23.03437987, -83.05775702, 131.56798546], [22.23555601, -83.04616959, 131.52619797], [21.43673215, -83.03458215, 131.48441049], [20.63790829, -83.02299472, 131.442623], [19.83908443, -83.01140728, 131.40083552], [19.04026058, -82.99981985, 131.35904803], [18.24143672, -82.98823242, 131.31726055], [17.44261286, -82.97664498, 131.27547306], [16.643789, -82.96505755, 131.23368558], [15.84496514, -82.95347012, 131.19189809], [15.04614128, -82.94188268, 131.15011061], [14.24731743, -82.93029525, 131.10832312], [13.44849357, -82.91870781, 131.06653563], [12.64966971, -82.90712038, 131.02474815], [11.85084585, -82.89553295, 130.98296066], [11.05202199, -82.88394551, 130.94117318], [10.25319813, -82.87235808, 130.89938569], [9.45437428, -82.86077064, 130.85759821], [8.65555042, -82.84918321, 130.81581072], [7.85672656, -82.83759578, 130.77402324], [7.0579027, -82.82600834, 130.73223575], [6.25907884, -82.81442091, 130.69044826], [5.46025499, -82.80283348, 130.64866078], [4.66143113, -82.79124604, 130.60687329], [3.86260727, -82.77965861, 130.56508581], [3.06378341, -82.76807117, 130.52329832], [2.26495955, -82.75648374, 130.48151084], [1.46613569, -82.74489631, 130.43972335], [0.66731184, -82.73330887, 130.39793587], [-0.13151202, -82.72172144, 130.35614838], [-0.93033588, -82.71013401, 130.3143609], [-1.72915974, -82.69854657, 130.27257341], [-2.5279836, -82.68695914, 130.23078592], [-3.32680746, -82.6753717, 130.18899844], [-4.12563131, -82.66378427, 130.14721095], [-4.92445517, -82.65219684, 130.10542347], [-5.72327903, -82.6406094, 130.06363598], [-6.52210289, -82.62902197, 130.0218485], [-7.32092675, -82.61743453, 129.98006101], [-8.1197506, -82.6058471, 129.93827353], [-8.91857446, -82.59425967, 129.89648604], [-9.71739832, -82.58267223, 129.85469855], [-10.51622218, -82.5710848, 129.81291107], [-11.31504604, -82.55949737, 129.77112358], [-12.1138699, -82.54790993, 129.7293361], [-12.91269375, -82.5363225, 129.68754861], [-13.71151761, -82.52473506, 129.64576113], [-14.51034147, -82.51314763, 129.60397364], [-15.30916533, -82.5015602, 129.56218616], [-16.10798919, -82.48997276, 129.52039867], [-16.90681305, -82.47838533, 129.47861119], [-17.7056369, -82.46679789, 129.4368237], [-18.50446076, -82.45521046, 129.39503621], [-19.30328462, -82.44362303, 129.35324873], [-20.10210848, -82.43203559, 129.31146124], [-20.90093234, -82.42044816, 129.26967376], [-21.6997562, -82.40886073, 129.22788627], [-22.49858005, -82.39727329, 129.18609879], [-23.29740391, -82.38568586, 129.1443113], [-24.09622777, -82.37409842, 129.10252382], [-24.89505163, -82.36251099, 129.06073633], [-25.69387549, -82.35092356, 129.01894884], [-26.49269934, -82.33933612, 128.97716136], [-27.2915232, -82.32774869, 128.93537387], [-28.09034706, -82.31616125, 128.89358639], [-28.88917092, -82.30457382, 128.8517989], [-29.68799478, -82.29298639, 128.81001142], [-30.48681864, -82.28139895, 128.76822393], [-31.28564249, -82.26981152, 128.72643645], [-32.08446635, -82.25822409, 128.68464896], [-32.88329021, -82.24663665, 128.64286148], [-33.68211407, -82.23504922, 128.60107399], [-34.48093793, -82.22346178, 128.5592865], [-35.27976179, -82.21187435, 128.51749902], [-36.07858564, -82.20028692, 128.47571153], [-36.8774095, -82.18869948, 128.43392405], [-37.67623336, -82.17711205, 128.39213656], [-38.47505722, -82.16552461, 128.35034908], [-39.27388108, -82.15393718, 128.30856159], [-40.07270493, -82.14234975, 128.26677411], [-40.87152879, -82.13076231, 128.22498662], [-41.67035265, -82.11917488, 128.18319913], [-42.46917651, -82.10758745, 128.14141165], [-43.26800037, -82.09600001, 128.09962416], [-44.06682423, -82.08441258, 128.05783668], [-44.86564808, -82.07282514, 128.01604919], [-45.66447194, -82.06123771, 127.97426171], [-46.4632958, -82.04965028, 127.93247422], [-47.26211966, -82.03806284, 127.89068674], [-48.06094352, -82.02647541, 127.84889925], [-48.85976738, -82.01488797, 127.80711177], [-49.65859123, -82.00330054, 127.76532428], [-50.45741509, -81.99171311, 127.72353679], [-51.25623895, -81.98012567, 127.68174931], [-52.05506281, -81.96853824, 127.63996182], [-52.85388667, -81.95695081, 127.59817434], [-53.65271053, -81.94536337, 127.55638685], [-54.45153438, -81.93377594, 127.51459937], [-55.25035824, -81.9221885, 127.47281188], [-56.0491821, -81.91060107, 127.4310244], [-56.84800596, -81.89901364, 127.38923691], [-57.64682982, -81.8874262, 127.34744942], [-58.44565367, -81.87583877, 127.30566194], [-59.24447753, -81.86425133, 127.26387445], [-60.04330139, -81.8526639, 127.22208697], [-60.84212525, -81.84107647, 127.18029948], [-61.64094911, -81.82948903, 127.138512], [-62.43977297, -81.8179016, 127.09672451], [-63.23859682, -81.80631417, 127.05493703], [-64.03742068, -81.79472673, 127.01314954], [-64.83624454, -81.7831393, 126.97136206], [-65.6350684, -81.77155186, 126.92957457], [-66.43389226, -81.75996443, 126.88778708], [-67.23271612, -81.748377, 126.8459996], [-68.03153997, -81.73678956, 126.80421211], [-68.83036383, -81.72520213, 126.76242463], [-69.62918769, -81.71361469, 126.72063714], [-70.42801155, -81.70202726, 126.67884966], [-71.22683541, -81.69043983, 126.63706217], [-72.02565926, -81.67885239, 126.59527469], [-72.82448312, -81.66726496, 126.5534872], [-73.62330698, -81.65567753, 126.51169971], [-74.42213084, -81.64409009, 126.46991223], [-75.2209547, -81.63250266, 126.42812474], [-76.01977856, -81.62091522, 126.38633726], [-76.81860241, -81.60932779, 126.34454977], [-77.61742627, -81.59774036, 126.30276229], [-78.41625013, -81.58615292, 126.2609748], [-79.21507399, -81.57456549, 126.21918732], [-80.01389785, -81.56297806, 126.17739983], [-80.81272171, -81.55139062, 126.13561235], [-81.61154556, -81.53980319, 126.09382486], [-82.41036942, -81.52821575, 126.05203737], [-83.20919328, -81.51662832, 126.01024989], [-84.00801714, -81.50504089, 125.9684624], [-84.806841, -81.49345345, 125.92667492], [-85.60566485, -81.48186602, 125.88488743], [-86.40448871, -81.47027858, 125.84309995], [-87.20331257, -81.45869115, 125.80131246], [-88.00213643, -81.44710372, 125.75952498], [-88.80096029, -81.43551628, 125.71773749], [-89.59978415, -81.42392885, 125.67595], [-90.398608, -81.41234142, 125.63416252], [-91.19743186, -81.40075398, 125.59237503], [-91.99625572, -81.38916655, 125.55058755], [-92.79507958, -81.37757911, 125.50880006], [-93.59390344, -81.36599168, 125.46701258], [-94.3927273, -81.35440425, 125.42522509], [-95.19155115, -81.34281681, 125.38343761], [-95.99037501, -81.33122938, 125.34165012], [-96.78919887, -81.31964194, 125.29986264], [-97.58802273, -81.30805451, 125.25807515], [-98.38684659, -81.29646708, 125.21628766], [-99.18567045, -81.28487964, 125.17450018], [-99.9844943, -81.27329221, 125.13271269], [-100.78331816, -81.26170478, 125.09092521], [-101.58214202, -81.25011734, 125.04913772], [-102.38096588, -81.23852991, 125.00735024], [-103.17978974, -81.22694247, 124.96556275], [-103.97861359, -81.21535504, 124.92377527], [-104.77743745, -81.20376761, 124.88198778], [-105.57626131, -81.19218017, 124.84020029], [-106.37508517, -81.18059274, 124.79841281], [-107.17390903, -81.1690053, 124.75662532], [-107.97273289, -81.15741787, 124.71483784], [-108.77155674, -81.14583044, 124.67305035], [-109.5703806, -81.134243, 124.63126287], [-110.36920446, -81.12265557, 124.58947538], [-111.16802832, -81.11106814, 124.5476879]], "ImagePositionPatient": [[92.532055534349, -84.065863764124, 135.2034966991], [91.733231676101, -84.054276330286, 135.1617092136], [90.934407817853, -84.042688896448, 135.11992172809], [90.135583959605, -84.031101462609, 135.07813424259], [89.336760101358, -84.019514028771, 135.03634675709], [88.53793624311, -84.007926594932, 134.99455927159], [87.739112384862, -83.996339161094, 134.95277178609], [86.940288526614, -83.984751727256, 134.91098430058], [86.141464668366, -83.973164293417, 134.86919681508], [85.342640810118, -83.961576859579, 134.82740932958], [84.543816951871, -83.94998942574, 134.78562184408], [83.744993093623, -83.938401991902, 134.74383435858], [82.946169235375, -83.926814558064, 134.70204687307], [82.147345377127, -83.915227124225, 134.66025938757], [81.348521518879, -83.903639690387, 134.61847190207], [80.549697660631, -83.892052256548, 134.57668441657], [79.750873802384, -83.88046482271, 134.53489693107], [78.952049944136, -83.868877388872, 134.49310944556], [78.153226085888, -83.857289955033, 134.45132196006], [77.35440222764, -83.845702521195, 134.40953447456], [76.555578369392, -83.834115087356, 134.36774698906], [75.756754511144, -83.822527653518, 134.32595950356], [74.957930652897, -83.81094021968, 134.28417201806], [74.159106794649, -83.799352785841, 134.24238453255], [73.360282936401, -83.787765352003, 134.20059704705], [72.561459078153, -83.776177918164, 134.15880956155], [71.762635219905, -83.764590484326, 134.11702207605], [70.963811361657, -83.753003050488, 134.07523459055], [70.16498750341, -83.741415616649, 134.03344710504], [69.366163645162, -83.729828182811, 133.99165961954], [68.567339786914, -83.718240748972, 133.94987213404], [67.768515928666, -83.706653315134, 133.90808464854], [66.969692070418, -83.695065881296, 133.86629716304], [66.17086821217, -83.683478447457, 133.82450967753], [65.372044353923, -83.671891013619, 133.78272219203], [64.573220495675, -83.66030357978, 133.74093470653], [63.774396637427, -83.648716145942, 133.69914722103], [62.975572779179, -83.637128712104, 133.65735973553], [62.176748920931, -83.625541278265, 133.61557225002], [61.377925062684, -83.613953844427, 133.57378476452], [60.579101204436, -83.602366410588, 133.53199727902], [59.780277346188, -83.59077897675, 133.49020979352], [58.98145348794, -83.579191542912, 133.44842230802], [58.182629629692, -83.567604109073, 133.40663482251], [57.383805771444, -83.556016675235, 133.36484733701], [56.584981913197, -83.544429241396, 133.32305985151], [55.786158054949, -83.532841807558, 133.28127236601], [54.987334196701, -83.52125437372, 133.23948488051], [54.188510338453, -83.509666939881, 133.197697395], [53.389686480205, -83.498079506043, 133.1559099095], [52.590862621957, -83.486492072204, 133.114122424], [51.79203876371, -83.474904638366, 133.0723349385], [50.993214905462, -83.463317204528, 133.030547453], [50.194391047214, -83.451729770689, 132.98875996749], [49.395567188966, -83.440142336851, 132.94697248199], [48.596743330718, -83.428554903012, 132.90518499649], [47.79791947247, -83.416967469174, 132.86339751099], [46.999095614223, -83.405380035336, 132.82161002549], [46.200271755975, -83.393792601497, 132.77982253998], [45.401447897727, -83.382205167659, 132.73803505448], [44.602624039479, -83.37061773382, 132.69624756898], [43.803800181231, -83.359030299982, 132.65446008348], [43.004976322983, -83.347442866144, 132.61267259798], [42.206152464736, -83.335855432305, 132.57088511247], [41.407328606488, -83.324267998467, 132.52909762697], [40.60850474824, -83.312680564628, 132.48731014147], [39.809680889992, -83.30109313079, 132.44552265597], [39.010857031744, -83.289505696952, 132.40373517047], [38.212033173496, -83.277918263113, 132.36194768496], [37.413209315249, -83.266330829275, 132.32016019946], [36.614385457001, -83.254743395436, 132.27837271396], [35.815561598753, -83.243155961598, 132.23658522846], [35.016737740505, -83.23156852776, 132.19479774296], [34.217913882257, -83.219981093921, 132.15301025745], [33.419090024009, -83.208393660083, 132.11122277195], [32.620266165762, -83.196806226244, 132.06943528645], [31.821442307514, -83.185218792406, 132.02764780095], [31.022618449266, -83.173631358568, 131.98586031545], [30.223794591018, -83.162043924729, 131.94407282994], [29.42497073277, -83.150456490891, 131.90228534444], [28.626146874522, -83.138869057052, 131.86049785894], [27.827323016275, -83.127281623214, 131.81871037344], [27.028499158027, -83.115694189376, 131.77692288794], [26.229675299779, -83.104106755537, 131.73513540243], [25.430851441531, -83.092519321699, 131.69334791693], [24.632027583283, -83.08093188786, 131.65156043143], [23.833203725035, -83.069344454022, 131.60977294593], [23.034379866788, -83.057757020184, 131.56798546043], [22.23555600854, -83.046169586345, 131.52619797492], [21.436732150292, -83.034582152507, 131.48441048942], [20.637908292044, -83.022994718669, 131.44262300392], [19.839084433796, -83.01140728483, 131.40083551842], [19.040260575548, -82.999819850992, 131.35904803292], [18.241436717301, -82.988232417153, 131.31726054742], [17.442612859053, -82.976644983315, 131.27547306191], [16.643789000805, -82.965057549477, 131.23368557641], [15.844965142557, -82.953470115638, 131.19189809091], [15.046141284309, -82.9418826818, 131.15011060541], [14.247317426062, -82.930295247961, 131.10832311991], [13.448493567814, -82.918707814123, 131.0665356344], [12.649669709566, -82.907120380285, 131.0247481489], [11.850845851318, -82.895532946446, 130.9829606634], [11.05202199307, -82.883945512608, 130.9411731779], [10.253198134822, -82.872358078769, 130.8993856924], [9.4543742765745, -82.860770644931, 130.85759820689], [8.6555504183267, -82.849183211093, 130.81581072139], [7.8567265600789, -82.837595777254, 130.77402323589], [7.057902701831, -82.826008343416, 130.73223575039], [6.2590788435832, -82.814420909577, 130.69044826489], [5.4602549853354, -82.802833475739, 130.64866077938], [4.6614311270876, -82.791246041901, 130.60687329388], [3.8626072688397, -82.779658608062, 130.56508580838], [3.0637834105919, -82.768071174224, 130.52329832288], [2.2649595523441, -82.756483740385, 130.48151083738], [1.4661356940962, -82.744896306547, 130.43972335187], [0.6673118358484, -82.733308872709, 130.39793586637], [-0.1315120223994, -82.72172143887, 130.35614838087], [-0.9303358806473, -82.710134005032, 130.31436089537], [-1.7291597388951, -82.698546571193, 130.27257340987], [-2.5279835971429, -82.686959137355, 130.23078592436], [-3.3268074553908, -82.675371703517, 130.18899843886], [-4.1256313136386, -82.663784269678, 130.14721095336], [-4.9244551718864, -82.65219683584, 130.10542346786], [-5.7232790301342, -82.640609402001, 130.06363598236], [-6.5221028883821, -82.629021968163, 130.02184849685], [-7.3209267466299, -82.617434534325, 129.98006101135], [-8.1197506048777, -82.605847100486, 129.93827352585], [-8.9185744631256, -82.594259666648, 129.89648604035], [-9.7173983213734, -82.582672232809, 129.85469855485], [-10.516222179621, -82.571084798971, 129.81291106934], [-11.315046037869, -82.559497365133, 129.77112358384], [-12.113869896117, -82.547909931294, 129.72933609834], [-12.912693754365, -82.536322497456, 129.68754861284], [-13.711517612613, -82.524735063617, 129.64576112734], [-14.51034147086, -82.513147629779, 129.60397364183], [-15.309165329108, -82.501560195941, 129.56218615633], [-16.107989187356, -82.489972762102, 129.52039867083], [-16.906813045604, -82.478385328264, 129.47861118533], [-17.705636903852, -82.466797894425, 129.43682369983], [-18.5044607621, -82.455210460587, 129.39503621432], [-19.303284620347, -82.443623026749, 129.35324872882], [-20.102108478595, -82.43203559291, 129.31146124332], [-20.900932336843, -82.420448159072, 129.26967375782], [-21.699756195091, -82.408860725233, 129.22788627232], [-22.498580053339, -82.397273291395, 129.18609878681], [-23.297403911587, -82.385685857557, 129.14431130131], [-24.096227769834, -82.374098423718, 129.10252381581], [-24.895051628082, -82.36251098988, 129.06073633031], [-25.69387548633, -82.350923556041, 129.01894884481], [-26.492699344578, -82.339336122203, 128.9771613593], [-27.291523202826, -82.327748688365, 128.9353738738], [-28.090347061073, -82.316161254526, 128.8935863883], [-28.889170919321, -82.304573820688, 128.8517989028], [-29.687994777569, -82.292986386849, 128.8100114173], [-30.486818635817, -82.281398953011, 128.76822393179], [-31.285642494065, -82.269811519173, 128.72643644629], [-32.084466352313, -82.258224085334, 128.68464896079], [-32.88329021056, -82.246636651496, 128.64286147529], [-33.682114068808, -82.235049217657, 128.60107398979], [-34.480937927056, -82.223461783819, 128.55928650428], [-35.279761785304, -82.211874349981, 128.51749901878], [-36.078585643552, -82.200286916142, 128.47571153328], [-36.8774095018, -82.188699482304, 128.43392404778], [-37.676233360047, -82.177112048465, 128.39213656228], [-38.475057218295, -82.165524614627, 128.35034907678], [-39.273881076543, -82.153937180789, 128.30856159127], [-40.072704934791, -82.14234974695, 128.26677410577], [-40.871528793039, -82.130762313112, 128.22498662027], [-41.670352651287, -82.119174879273, 128.18319913477], [-42.469176509534, -82.107587445435, 128.14141164927], [-43.268000367782, -82.096000011597, 128.09962416376], [-44.06682422603, -82.084412577758, 128.05783667826], [-44.865648084278, -82.07282514392, 128.01604919276], [-45.664471942526, -82.061237710081, 127.97426170726], [-46.463295800774, -82.049650276243, 127.93247422176], [-47.262119659021, -82.038062842405, 127.89068673625], [-48.060943517269, -82.026475408566, 127.84889925075], [-48.859767375517, -82.014887974728, 127.80711176525], [-49.658591233765, -82.003300540889, 127.76532427975], [-50.457415092013, -81.991713107051, 127.72353679425], [-51.256238950261, -81.980125673213, 127.68174930874], [-52.055062808508, -81.968538239374, 127.63996182324], [-52.853886666756, -81.956950805536, 127.59817433774], [-53.652710525004, -81.945363371697, 127.55638685224], [-54.451534383252, -81.933775937859, 127.51459936674], [-55.2503582415, -81.922188504021, 127.47281188123], [-56.049182099748, -81.910601070182, 127.43102439573], [-56.848005957995, -81.899013636344, 127.38923691023], [-57.646829816243, -81.887426202505, 127.34744942473], [-58.445653674491, -81.875838768667, 127.30566193923], [-59.244477532739, -81.864251334829, 127.26387445372], [-60.043301390987, -81.85266390099, 127.22208696822], [-60.842125249235, -81.841076467152, 127.18029948272], [-61.640949107482, -81.829489033313, 127.13851199722], [-62.43977296573, -81.817901599475, 127.09672451172], [-63.238596823978, -81.806314165637, 127.05493702621], [-64.037420682226, -81.794726731798, 127.01314954071], [-64.836244540474, -81.78313929796, 126.97136205521], [-65.635068398722, -81.771551864121, 126.92957456971], [-66.433892256969, -81.759964430283, 126.88778708421], [-67.232716115217, -81.748376996445, 126.8459995987], [-68.031539973465, -81.736789562606, 126.8042121132], [-68.830363831713, -81.725202128768, 126.7624246277], [-69.629187689961, -81.713614694929, 126.7206371422], [-70.428011548209, -81.702027261091, 126.6788496567], [-71.226835406456, -81.690439827253, 126.63706217119], [-72.025659264704, -81.678852393414, 126.59527468569], [-72.824483122952, -81.667264959576, 126.55348720019], [-73.6233069812, -81.655677525737, 126.51169971469], [-74.422130839448, -81.644090091899, 126.46991222919], [-75.220954697695, -81.632502658061, 126.42812474368], [-76.019778555943, -81.620915224222, 126.38633725818], [-76.818602414191, -81.609327790384, 126.34454977268], [-77.617426272439, -81.597740356546, 126.30276228718], [-78.416250130687, -81.586152922707, 126.26097480168], [-79.215073988935, -81.574565488869, 126.21918731617], [-80.013897847182, -81.56297805503, 126.17739983067], [-80.81272170543, -81.551390621192, 126.13561234517], [-81.611545563678, -81.539803187353, 126.09382485967], [-82.410369421926, -81.528215753515, 126.05203737417], [-83.209193280174, -81.516628319677, 126.01024988866], [-84.008017138422, -81.505040885838, 125.96846240316], [-84.806840996669, -81.493453452, 125.92667491766], [-85.605664854917, -81.481866018161, 125.88488743216], [-86.404488713165, -81.470278584323, 125.84309994666], [-87.203312571413, -81.458691150485, 125.80131246115], [-88.002136429661, -81.447103716646, 125.75952497565], [-88.800960287909, -81.435516282808, 125.71773749015], [-89.599784146156, -81.42392884897, 125.67595000465], [-90.398608004404, -81.412341415131, 125.63416251915], [-91.197431862652, -81.400753981293, 125.59237503365], [-91.9962557209, -81.389166547454, 125.55058754814], [-92.795079579148, -81.377579113616, 125.50880006264], [-93.593903437396, -81.365991679778, 125.46701257714], [-94.392727295643, -81.354404245939, 125.42522509164], [-95.191551153891, -81.342816812101, 125.38343760614], [-95.990375012139, -81.331229378262, 125.34165012063], [-96.789198870387, -81.319641944424, 125.29986263513], [-97.588022728635, -81.308054510586, 125.25807514963], [-98.386846586883, -81.296467076747, 125.21628766413], [-99.18567044513, -81.284879642909, 125.17450017863], [-99.984494303378, -81.27329220907, 125.13271269312], [-100.78331816163, -81.261704775232, 125.09092520762], [-101.58214201987, -81.250117341394, 125.04913772212], [-102.38096587812, -81.238529907555, 125.00735023662], [-103.17978973637, -81.226942473717, 124.96556275112], [-103.97861359462, -81.215355039878, 124.92377526561], [-104.77743745287, -81.20376760604, 124.88198778011], [-105.57626131111, -81.192180172202, 124.84020029461], [-106.37508516936, -81.180592738363, 124.79841280911], [-107.17390902761, -81.169005304525, 124.75662532361], [-107.97273288586, -81.157417870686, 124.7148378381], [-108.7715567441, -81.145830436848, 124.6730503526], [-109.57038060235, -81.13424300301, 124.6312628671], [-110.3692044606, -81.122655569171, 124.5894753816], [-111.16802831885, -81.111068135333, 124.5476878961]], "InstanceCreationTime": ["173717.234000", "173717.234000", "173717.234000", "173717.234000", "173717.218000", "173717.218000", "173717.218000", "173717.218000", "173717.218000", "173717.203000", "173717.203000", "173717.203000", "173717.203000", "173717.203000", "173717.203000", "173717.187000", "173717.187000", "173717.187000", "173717.187000", "173717.187000", "173717.187000", "173717.187000", "173717.171000", "173717.171000", "173717.171000", "173717.171000", "173717.171000", "173717.171000", "173717.171000", "173717.156000", "173717.156000", "173717.156000", "173717.156000", "173717.156000", "173717.156000", "173717.156000", "173717.156000", "173717.156000", "173717.140000", "173717.140000", "173717.140000", "173717.140000", "173717.140000", "173717.140000", "173717.125000", "173717.125000", "173717.125000", "173717.125000", "173717.125000", "173717.125000", "173717.125000", "173717.109000", "173717.109000", "173717.109000", "173717.109000", "173717.109000", "173717.109000", "173717.109000", "173717.109000", "173717.093000", "173717.093000", "173717.093000", "173717.093000", "173717.093000", "173717.093000", "173717.093000", "173717.093000", "173717.093000", "173717.078000", "173717.078000", "173717.078000", "173717.078000", "173717.078000", "173717.078000", "173717.062000", "173717.062000", "173717.062000", "173717.062000", "173717.062000", "173717.062000", "173717.062000", "173717.062000", "173717.046000", "173717.046000", "173717.046000", "173717.046000", "173717.046000", "173717.046000", "173717.031000", "173717.031000", "173717.031000", "173717.031000", "173717.031000", "173717.015000", "173717.015000", "173717.015000", "173717.015000", "173717.015000", "173717.015000", "173717.015000", "173717.015000", "173717.015000", "173717.000000", "173716.984000", "173716.984000", "173716.984000", "173716.984000", "173716.984000", "173716.984000", "173716.984000", "173716.984000", "173716.968000", "173716.968000", "173716.968000", "173716.968000", "173716.968000", "173716.953000", "173716.953000", "173716.953000", "173716.953000", "173716.953000", "173716.937000", "173716.937000", "173716.921000", "173712.125000", "173712.109000", "173712.109000", "173712.109000", "173712.109000", "173712.109000", "173712.093000", "173712.093000", "173712.093000", "173712.093000", "173712.093000", "173712.093000", "173712.093000", "173712.078000", "173712.078000", "173712.078000", "173712.078000", "173712.078000", "173712.078000", "173712.078000", "173712.078000", "173712.078000", "173712.062000", "173712.062000", "173712.062000", "173712.062000", "173712.062000", "173712.062000", "173712.062000", "173712.062000", "173712.046000", "173712.046000", "173712.031000", "173712.031000", "173712.031000", "173712.031000", "173712.031000", "173712.015000", "173712.015000", "173712.015000", "173712.015000", "173712.000000", "173712.000000", "173712.000000", "173712.000000", "173712.000000", "173712.000000", "173712.000000", "173712.000000", "173712.000000", "173711.984000", "173711.984000", "173711.984000", "173711.984000", "173711.984000", "173711.968000", "173711.968000", "173711.968000", "173711.968000", "173711.968000", "173711.968000", "173711.968000", "173711.968000", "173711.968000", "173711.953000", "173711.953000", "173711.953000", "173711.953000", "173711.953000", "173711.953000", "173711.953000", "173711.953000", "173711.937000", "173711.937000", "173711.937000", "173711.937000", "173711.937000", "173711.937000", "173711.921000", "173711.921000", "173711.921000", "173711.921000", "173711.921000", "173711.921000", "173711.921000", "173711.921000", "173711.921000", "173711.906000", "173711.906000", "173711.906000", "173711.906000", "173711.906000", "173711.906000", "173711.890000", "173711.890000", "173711.890000", "173711.890000", "173711.875000", "173711.875000", "173711.875000", "173711.875000", "173711.875000", "173711.875000", "173711.859000", "173711.859000", "173711.859000", "173711.859000", "173711.859000", "173711.859000", "173711.859000", "173711.859000", "173711.843000", "173711.843000", "173711.843000", "173711.843000", "173711.843000", "173711.843000", "173711.843000", "173711.843000", "173711.843000", "173711.828000", "173711.828000", "173711.828000", "173711.828000", "173711.828000", "173711.828000", "173711.828000", "173711.828000", "173711.812000", "173711.812000", "173711.812000", "173711.812000"], "InstanceNumber": [256, 255, 254, 253, 252, 251, 250, 249, 248, 247, 246, 245, 244, 243, 242, 241, 240, 239, 238, 237, 236, 235, 234, 233, 232, 231, 230, 229, 228, 227, 226, 225, 224, 223, 222, 221, 220, 219, 218, 217, 216, 215, 214, 213, 212, 211, 210, 209, 208, 207, 206, 205, 204, 203, 202, 201, 200, 199, 198, 197, 196, 195, 194, 193, 192, 191, 190, 189, 188, 187, 186, 185, 184, 183, 182, 181, 180, 179, 178, 177, 176, 175, 174, 173, 172, 171, 170, 169, 168, 167, 166, 165, 164, 163, 162, 161, 160, 159, 158, 157, 156, 155, 154, 153, 152, 151, 150, 149, 148, 147, 146, 145, 144, 143, 142, 141, 140, 139, 138, 137, 136, 135, 134, 133, 132, 131, 130, 129, 128, 127, 126, 125, 124, 123, 122, 121, 120, 119, 118, 117, 116, 115, 114, 113, 112, 111, 110, 109, 108, 107, 106, 105, 104, 103, 102, 101, 100, 99, 98, 97, 96, 95, 94, 93, 92, 91, 90, 89, 88, 87, 86, 85, 84, 83, 82, 81, 80, 79, 78, 77, 76, 75, 74, 73, 72, 71, 70, 69, 68, 67, 66, 65, 64, 63, 62, 61, 60, 59, 58, 57, 56, 55, 54, 53, 52, 51, 50, 49, 48, 47, 46, 45, 44, 43, 42, 41, 40, 39, 38, 37, 36, 35, 34, 33, 32, 31, 30, 29, 28, 27, 26, 25, 24, 23, 22, 21, 20, 19, 18, 17, 16, 15, 14, 13, 12, 11, 10, 9, 8, 7, 6, 5, 4, 3, 2, 1], "LargestImagePixelValue": [60, 60, 57, 62, 61, 58, 56, 75, 61, 51, 53, 62, 69, 64, 85, 97, 75, 155, 448, 676, 920, 986, 1104, 1077, 738, 648, 572, 568, 796, 652, 637, 757, 1136, 931, 1137, 1101, 833, 965, 965, 1029, 936, 1006, 1049, 1065, 927, 1057, 1028, 1078, 1114, 1118, 1110, 1124, 1095, 1067, 1068, 1118, 1189, 1146, 1062, 1101, 1031, 1045, 1098, 1074, 1126, 1059, 1099, 1077, 1097, 1086, 1059, 1138, 1101, 1195, 1202, 1239, 1070, 1445, 1154, 1163, 1193, 1084, 1121, 1148, 1206, 1216, 1173, 1129, 1141, 1149, 1194, 1212, 1204, 1245, 1259, 1189, 1295, 1260, 1222, 1308, 1199, 1254, 1329, 1273, 1163, 1254, 1188, 1207, 1151, 1196, 1194, 1299, 1179, 1154, 1234, 1200, 1279, 1183, 1253, 1219, 1250, 1327, 1329, 1213, 1238, 1216, 1202, 1182, 1197, 1240, 1212, 1234, 1190, 1186, 1213, 1163, 1158, 1172, 1154, 1147, 1148, 1219, 1199, 1147, 1261, 1156, 1187, 1223, 1237, 1408, 1299, 1283, 1273, 1236, 1179, 1216, 1202, 1250, 1202, 1327, 1250, 1286, 1243, 1261, 1193, 1202, 1209, 1115, 1212, 1151, 1146, 1163, 1179, 1125, 1140, 1134, 1119, 1145, 1117, 1183, 1097, 1273, 1247, 1089, 1085, 1210, 1137, 1074, 1071, 1125, 1136, 1113, 1145, 1075, 1101, 1119, 1162, 1161, 1090, 1105, 1077, 1064, 1118, 1065, 1042, 1074, 1058, 1010, 1197, 1157, 889, 1083, 885, 789, 842, 930, 849, 955, 880, 1068, 1195, 1024, 748, 780, 764, 768, 727, 639, 711, 791, 536, 542, 649, 834, 762, 749, 613, 564, 531, 74, 49, 64, 52, 58, 71, 52, 49, 52, 193, 120, 106, 68, 63, 54, 55, 59], "SliceLocation": [100.67591775746, 99.875917745535, 99.075917733614, 98.275917721693, 97.475917709772, 96.675917697851, 95.87591768593, 95.075917674009, 94.275917662088, 93.475917650167, 92.675917638246, 91.875917626326, 91.075917614405, 90.275917602484, 89.475917590563, 88.675917578642, 87.875917566721, 87.0759175548, 86.275917542879, 85.475917530958, 84.675917519037, 83.875917507116, 83.075917495195, 82.275917483274, 81.475917471353, 80.675917459433, 79.875917447512, 79.075917435591, 78.27591742367, 77.475917411749, 76.675917399828, 75.875917387907, 75.075917375986, 74.275917364065, 73.475917352144, 72.675917340223, 71.875917328302, 71.075917316381, 70.27591730446, 69.47591729254, 68.675917280619, 67.875917268698, 67.075917256777, 66.275917244856, 65.475917232935, 64.675917221014, 63.875917209093, 63.075917197172, 62.275917185251, 61.47591717333, 60.675917161409, 59.875917149488, 59.075917137567, 58.275917125647, 57.475917113726, 56.675917101805, 55.875917089884, 55.075917077963, 54.275917066042, 53.475917054121, 52.6759170422, 51.875917030279, 51.075917018358, 50.275917006437, 49.475916994516, 48.675916982595, 47.875916970674, 47.075916958754, 46.275916946833, 45.475916934912, 44.675916922991, 43.87591691107, 43.075916899149, 42.275916887228, 41.475916875307, 40.675916863386, 39.875916851465, 39.075916839544, 38.275916827623, 37.475916815702, 36.675916803781, 35.875916791861, 35.07591677994, 34.275916768019, 33.475916756098, 32.675916744177, 31.875916732256, 31.075916720335, 30.275916708414, 29.475916696493, 28.675916684572, 27.875916672651, 27.07591666073, 26.275916648809, 25.475916636888, 24.675916624968, 23.875916613047, 23.075916601126, 22.275916589205, 21.475916577284, 20.675916565363, 19.875916553442, 19.075916541521, 18.2759165296, 17.475916517679, 16.675916505758, 15.875916493837, 15.075916481916, 14.275916469995, 13.475916458075, 12.675916446154, 11.875916434233, 11.075916422312, 10.275916410391, 9.4759163984699, 8.6759163865489, 7.875916374628, 7.0759163627071, 6.2759163507862, 5.4759163388652, 4.6759163269443, 3.8759163150234, 3.0759163031024, 2.2759162911815, 1.4759162792606, 0.67591626733965, -0.1240837445813, -0.9240837565022, -1.7240837684231, -2.5240837803441, -3.324083792265, -4.1240838041859, -4.9240838161069, -5.7240838280278, -6.5240838399487, -7.3240838518696, -8.1240838637906, -8.9240838757115, -9.7240838876324, -10.524083899553, -11.324083911474, -12.124083923395, -12.924083935316, -13.724083947237, -14.524083959158, -15.324083971079, -16.124083983, -16.924083994921, -17.724084006842, -18.524084018763, -19.324084030684, -20.124084042605, -20.924084054525, -21.724084066446, -22.524084078367, -23.324084090288, -24.124084102209, -24.92408411413, -25.724084126051, -26.524084137972, -27.324084149893, -28.124084161814, -28.924084173735, -29.724084185656, -30.524084197577, -31.324084209498, -32.124084221418, -32.924084233339, -33.72408424526, -34.524084257181, -35.324084269102, -36.124084281023, -36.924084292944, -37.724084304865, -38.524084316786, -39.324084328707, -40.124084340628, -40.924084352549, -41.72408436447, -42.524084376391, -43.324084388311, -44.124084400232, -44.924084412153, -45.724084424074, -46.524084435995, -47.324084447916, -48.124084459837, -48.924084471758, -49.724084483679, -50.5240844956, -51.324084507521, -52.124084519442, -52.924084531363, -53.724084543284, -54.524084555204, -55.324084567125, -56.124084579046, -56.924084590967, -57.724084602888, -58.524084614809, -59.32408462673, -60.124084638651, -60.924084650572, -61.724084662493, -62.524084674414, -63.324084686335, -64.124084698256, -64.924084710177, -65.724084722097, -66.524084734018, -67.324084745939, -68.12408475786, -68.924084769781, -69.724084781702, -70.524084793623, -71.324084805544, -72.124084817465, -72.924084829386, -73.724084841307, -74.524084853228, -75.324084865149, -76.12408487707, -76.92408488899, -77.724084900911, -78.524084912832, -79.324084924753, -80.124084936674, -80.924084948595, -81.724084960516, -82.524084972437, -83.324084984358, -84.124084996279, -84.9240850082, -85.724085020121, -86.524085032042, -87.324085043963, -88.124085055883, -88.924085067804, -89.724085079725, -90.524085091646, -91.324085103567, -92.124085115488, -92.924085127409, -93.72408513933, -94.524085151251, -95.324085163172, -96.124085175093, -96.924085187014, -97.724085198935, -98.524085210856, -99.324085222776, -100.1240852347, -100.92408524662, -101.72408525854, -102.52408527046, -103.32408528238], "WindowCenter": [26.0, 27.0, 28.0, 27.0, 28.0, 28.0, 28.0, 28.0, 28.0, 28.0, 28.0, 28.0, 28.0, 29.0, 30.0, 30.0, 30.0, 32.0, 58.0, 256.0, 288.0, 283.0, 274.0, 302.0, 283.0, 268.0, 244.0, 225.0, 248.0, 276.0, 291.0, 316.0, 348.0, 369.0, 356.0, 351.0, 348.0, 351.0, 357.0, 357.0, 355.0, 356.0, 356.0, 358.0, 362.0, 380.0, 398.0, 405.0, 416.0, 434.0, 446.0, 452.0, 457.0, 461.0, 468.0, 470.0, 471.0, 476.0, 478.0, 484.0, 486.0, 489.0, 495.0, 498.0, 500.0, 500.0, 501.0, 501.0, 503.0, 507.0, 510.0, 513.0, 516.0, 521.0, 523.0, 526.0, 530.0, 536.0, 538.0, 540.0, 542.0, 542.0, 542.0, 540.0, 539.0, 538.0, 538.0, 539.0, 538.0, 539.0, 537.0, 539.0, 541.0, 546.0, 544.0, 545.0, 550.0, 550.0, 551.0, 552.0, 551.0, 553.0, 556.0, 554.0, 550.0, 547.0, 545.0, 544.0, 543.0, 543.0, 545.0, 549.0, 554.0, 560.0, 564.0, 568.0, 573.0, 580.0, 589.0, 595.0, 598.0, 602.0, 603.0, 608.0, 613.0, 614.0, 601.0, 587.0, 604.0, 596.0, 591.0, 584.0, 579.0, 579.0, 578.0, 575.0, 572.0, 567.0, 563.0, 561.0, 559.0, 555.0, 549.0, 546.0, 544.0, 541.0, 540.0, 540.0, 539.0, 540.0, 540.0, 539.0, 540.0, 541.0, 541.0, 542.0, 541.0, 541.0, 539.0, 538.0, 537.0, 537.0, 538.0, 538.0, 540.0, 541.0, 540.0, 539.0, 539.0, 541.0, 540.0, 544.0, 544.0, 544.0, 545.0, 543.0, 541.0, 541.0, 536.0, 531.0, 527.0, 523.0, 521.0, 517.0, 513.0, 510.0, 507.0, 504.0, 502.0, 499.0, 497.0, 494.0, 491.0, 484.0, 480.0, 472.0, 465.0, 462.0, 461.0, 456.0, 456.0, 453.0, 448.0, 440.0, 414.0, 400.0, 386.0, 378.0, 372.0, 366.0, 362.0, 366.0, 360.0, 357.0, 358.0, 364.0, 369.0, 363.0, 361.0, 369.0, 371.0, 363.0, 349.0, 331.0, 317.0, 290.0, 268.0, 263.0, 266.0, 284.0, 246.0, 250.0, 250.0, 265.0, 270.0, 275.0, 268.0, 80.0, 65.0, 30.0, 30.0, 30.0, 30.0, 30.0, 29.0, 29.0, 29.0, 29.0, 34.0, 31.0, 30.0, 28.0, 28.0, 28.0, 28.0, 28.0], "WindowWidth": [69.0, 72.0, 72.0, 72.0, 72.0, 73.0, 73.0, 72.0, 72.0, 72.0, 72.0, 72.0, 73.0, 78.0, 78.0, 79.0, 79.0, 86.0, 172.0, 490.0, 536.0, 541.0, 535.0, 581.0, 555.0, 534.0, 502.0, 475.0, 508.0, 566.0, 602.0, 654.0, 721.0, 764.0, 745.0, 739.0, 741.0, 751.0, 764.0, 766.0, 765.0, 764.0, 763.0, 768.0, 780.0, 817.0, 855.0, 869.0, 886.0, 920.0, 941.0, 953.0, 963.0, 971.0, 982.0, 982.0, 984.0, 993.0, 1000.0, 1009.0, 1014.0, 1019.0, 1027.0, 1032.0, 1034.0, 1035.0, 1037.0, 1037.0, 1041.0, 1045.0, 1047.0, 1051.0, 1054.0, 1062.0, 1065.0, 1068.0, 1075.0, 1087.0, 1088.0, 1085.0, 1086.0, 1083.0, 1082.0, 1078.0, 1076.0, 1075.0, 1076.0, 1076.0, 1074.0, 1078.0, 1079.0, 1081.0, 1087.0, 1098.0, 1096.0, 1099.0, 1109.0, 1112.0, 1114.0, 1116.0, 1116.0, 1121.0, 1126.0, 1124.0, 1116.0, 1109.0, 1107.0, 1105.0, 1105.0, 1106.0, 1110.0, 1115.0, 1122.0, 1131.0, 1141.0, 1148.0, 1157.0, 1170.0, 1184.0, 1195.0, 1202.0, 1211.0, 1216.0, 1224.0, 1237.0, 1240.0, 1204.0, 1181.0, 1221.0, 1206.0, 1198.0, 1184.0, 1176.0, 1175.0, 1168.0, 1159.0, 1153.0, 1143.0, 1135.0, 1131.0, 1128.0, 1121.0, 1113.0, 1107.0, 1103.0, 1095.0, 1093.0, 1091.0, 1090.0, 1092.0, 1093.0, 1090.0, 1093.0, 1093.0, 1092.0, 1093.0, 1090.0, 1089.0, 1085.0, 1081.0, 1079.0, 1076.0, 1076.0, 1079.0, 1083.0, 1085.0, 1080.0, 1078.0, 1077.0, 1084.0, 1082.0, 1088.0, 1088.0, 1088.0, 1093.0, 1089.0, 1086.0, 1090.0, 1083.0, 1078.0, 1073.0, 1066.0, 1064.0, 1059.0, 1051.0, 1047.0, 1044.0, 1040.0, 1038.0, 1034.0, 1032.0, 1028.0, 1022.0, 1011.0, 1004.0, 990.0, 976.0, 969.0, 966.0, 956.0, 956.0, 953.0, 946.0, 932.0, 886.0, 860.0, 836.0, 819.0, 804.0, 791.0, 785.0, 791.0, 778.0, 771.0, 774.0, 783.0, 791.0, 777.0, 770.0, 781.0, 780.0, 759.0, 724.0, 682.0, 646.0, 592.0, 545.0, 533.0, 535.0, 560.0, 508.0, 512.0, 500.0, 513.0, 515.0, 519.0, 509.0, 235.0, 190.0, 80.0, 78.0, 78.0, 78.0, 78.0, 78.0, 77.0, 76.0, 76.0, 92.0, 83.0, 80.0, 73.0, 73.0, 73.0, 73.0, 73.0]}}}