{"AcquisitionMatrixPE": 128, "AcquisitionNumber": 1, "AcquisitionTime": "07:38:13.342500", "BandwidthPerPixelPhaseEncode": 16.622, "BaseResolution": 128, "BodyPartExamined": "BRAIN", "ConsistencyInfo": "N4_VD11D_LATEST_20110129", "ConversionSoftware": "dcm2niix", "ConversionSoftwareVersion": "v1.0.20210317", "DerivedVendorReportedEchoSpacing": 0.000940019, "DeviceSerialNumber": "45239", "DiffusionScheme": "Bipolar", "DwellTime": 2.2e-06, "EchoTime": 0.108, "EchoTrainLength": 47, "EffectiveEchoSpacing": 0.00047001, "FlipAngle": 90, "ImageComments": "Unaliased MB3/PE3", "ImageOrientationPatientDICOM": [1, -2.05103e-10, 0, 2.05103e-10, 1, 0], "ImageType": ["ORIGINAL", "PRIMARY", "DIFFUSION", "NONE", "ND", "MOSAIC"], "ImagingFrequency": 123.193, "InPlanePhaseEncodingDirectionDICOM": "ROW", "InstitutionAddress": "E 24th St. 100,Austin,Southmiddle,US,78712", "InstitutionName": "Univ of Texas at Austin", "InstitutionalDepartmentName": "IRC", "MRAcquisitionType": "2D", "MagneticFieldStrength": 3, "Manufacturer": "Siemens", "ManufacturersModelName": "Skyra", "Modality": "MR", "MultibandAccelerationFactor": 3, "ParallelReductionFactorInPlane": 2, "PartialFourier": 0.75, "PatientPosition": "HFS", "PercentPhaseFOV": 100, "PercentSampling": 100, "PhaseEncodingDirection": "i", "PhaseEncodingSteps": 95, "PhaseResolution": 1, "PixelBandwidth": 1775, "ProcedureStepDescription": "Poldrack2^self-scanning", "ProtocolName": "MBEPI with MDDW R-L", "PulseSequenceDetails": "%CustomerSeq%\\cmrr_mbep2d_diff", "ReceiveCoilActiveElements": "HEA;HEP", "ReceiveCoilName": "Head_32", "ReconMatrixPE": 128, "RefLinesPE": 24, "RepetitionTime": 5, "SAR": 0.194849, "ScanOptions": "PFP\\FS", "ScanningSequence": "EP", "SequenceName": "ep_b5#1", "SequenceVariant": "SK", "SeriesDescription": "MBEPI with MDDW R-L", "SeriesNumber": 8, "ShimSetting": [-2751, 8040, -15577, 163, -188, 46, 36, 18], "SliceThickness": 1.7, "SliceTiming": [0, 2.2925, 4.5825, 1.875, 4.1675, 1.4575, 3.75, 1.0425, 3.3325, 0.625, 2.9175, 0.21, 2.5, 4.7925, 2.0825, 4.375, 1.6675, 3.9575, 1.25, 3.5425, 0.835, 3.125, 0.4175, 2.7075, 0, 2.2925, 4.5825, 1.875, 4.1675, 1.4575, 3.75, 1.0425, 3.3325, 0.625, 2.9175, 0.21, 2.5, 4.7925, 2.0825, 4.375, 1.6675, 3.9575, 1.25, 3.5425, 0.835, 3.125, 0.4175, 2.7075, 0, 2.2925, 4.5825, 1.875, 4.1675, 1.4575, 3.75, 1.0425, 3.3325, 0.625, 2.9175, 0.21, 2.5, 4.7925, 2.0825, 4.375, 1.6675, 3.9575, 1.25, 3.5425, 0.835, 3.125, 0.4175, 2.7075], "SoftwareVersions": "syngo MR D11", "SpacingBetweenSlices": 1.7, "StationName": "AWP45239", "TotalReadoutTime": 0.0596912, "TxRefAmp": 331.962, "WipMemBlock": "d3d097a5-566a-4923-8ff2-831a18d7a37e||Sequence: VD11D r154; May 23 2012 22:28:10 by eja", "dcmmeta_affine": [[-1.7421875, 3.573285833891049e-10, 0.0, 112.71065521240234], [3.573285833891049e-10, 1.7421875, 0.0, -122.46968078613281], [0.0, 0.0, 1.6999999284744263, -31.89963722229004], [0.0, 0.0, 0.0, 1.0]], "dcmmeta_reorient_transform": [[0.0, -1.0, 0.0, 127.0], [1.0, 0.0, 0.0, 0.0], [0.0, 0.0, 1.0, 0.0], [0.0, 0.0, 0.0, 1.0]], "dcmmeta_shape": [128, 128, 72, 68], "dcmmeta_slice_dim": 2, "dcmmeta_version": 0.6, "global": {"const": {"AcquisitionMatrix": [0, 128, 128, 0], "AngioFlag": "N", "BitsAllocated": 16, "BitsStored": 16, "BodyPartExamined": "BRAIN", "Columns": 1152, "EchoNumbers": 1, "EchoTime": 108.0, "EchoTrainLength": 47, "FlipAngle": 90.0, "HighBit": 15, "ImageOrientationPatient": [1.0, -2.051034e-10, 0.0, 2.051034e-10, 1.0, 0.0], "ImagePositionPatient": [-1004.7106539877, -990.78813532274, -31.89963722229], "ImageType": ["ORIGINAL", "PRIMARY", "DIFFUSION", "NONE", "ND", "MOSAIC"], "ImagedNucleus": "1H", "ImagingFrequency": 123.193379, "InPlanePhaseEncodingDirection": "ROW", "MRAcquisitionType": "2D", "MagneticFieldStrength": 3.0, "Manufacturer": "SIEMENS", "ManufacturerModelName": "Skyra", "Modality": "MR", "NumberOfAverages": 1.0, "NumberOfPhaseEncodingSteps": 95, "PercentPhaseFieldOfView": 100.0, "PercentSampling": 100.0, "PerformedProcedureStepStartTime": "070944.890000", "PhotometricInterpretation": "MONOCHROME2", "PixelBandwidth": 1775.0, "PixelRepresentation": 0, "PixelSpacing": [1.7421875, 1.7421875], "ProtocolName": "MBEPI with MDDW R-L", "RepetitionTime": 5000.0, "Rows": 1152, "SAR": 0.19484932262312, "SamplesPerPixel": 1, "ScanOptions": ["PFP", "FS"], "ScanningSequence": "EP", "SequenceVariant": "SK", "SeriesDescription": "MBEPI with MDDW R-L", "SeriesNumber": 8, "SeriesTime": "074044.359000", "SliceLocation": -31.89963722229, "SliceThickness": 1.7000000476837, "SmallestImagePixelValue": 0, "SoftwareVersions": "syngo MR D11", "SpacingBetweenSlices": 1.6999999838816, "SpecificCharacterSet": "ISO_IR 100", "StudyID": "1", "StudyTime": "070944.859000", "TransmitCoilName": "Body", "VariableFlipAngleFlag": "N", "WindowCenterWidthExplanation": "Algo1", "dBdt": 0.0}, "slices": {}}, "time": {"samples": {"AcquisitionNumber": [1, 2, 3, 4, 5, 6, 7, 8, 9, 10, 11, 12, 13, 14, 15, 16, 17, 18, 19, 20, 21, 22, 23, 24, 25, 26, 27, 28, 29, 30, 31, 32, 33, 34, 35, 36, 37, 38, 39, 40, 41, 42, 43, 44, 45, 46, 47, 48, 49, 50, 51, 52, 53, 54, 55, 56, 57, 58, 59, 60, 61, 62, 63, 64, 65, 66, 67, 68], "AcquisitionTime": ["073813.342500", "073943.342500", "073948.342500", "073953.342500", "073958.342500", "074003.342500", "074008.342500", "074013.342500", "074018.342500", "074023.342500", "074028.342500", "074033.342500", "074038.342500", "074043.342500", "074048.342500", "074053.342500", "074058.342500", "074103.342500", "074108.342500", "074113.342500", "074118.342500", "074123.342500", "074128.342500", "074133.342500", "074138.342500", "074143.342500", "074148.342500", "074153.342500", "074158.342500", "074203.342500", "074208.342500", "074213.342500", "074218.342500", "074223.342500", "074228.342500", "074233.342500", "074238.342500", "074243.342500", "074248.342500", "074253.342500", "074258.342500", "074303.342500", "074308.342500", "074313.342500", "074318.342500", "074323.342500", "074328.342500", "074333.342500", "074338.342500", "074343.342500", "074348.342500", "074353.342500", "074358.342500", "074403.342500", "074408.342500", "074413.342500", "074418.342500", "074423.342500", "074428.342500", "074433.342500", "074438.342500", "074443.342500", "074448.342500", "074453.342500", "074458.342500", "074503.342500", "074508.342500", "074513.342500"], "ContentTime": ["074044.359000", "074052.031000", "074052.046000", "074052.046000", "074057.031000", "074057.046000", "074102.031000", "074102.046000", "074107.031000", "074107.046000", "074112.031000", "074112.046000", "074117.031000", "074117.046000", "074122.031000", "074122.046000", "074127.031000", "074127.046000", "074132.031000", "074132.046000", "074137.031000", "074137.046000", "074142.031000", "074142.046000", "074147.031000", "074152.031000", "074157.031000", "074202.031000", "074207.031000", "074212.031000", "074217.031000", "074222.031000", "074227.031000", "074232.031000", "074237.031000", "074242.031000", "074247.031000", "074252.031000", "074257.031000", "074302.031000", "074307.031000", "074312.031000", "074317.031000", "074322.031000", "074327.031000", "074332.031000", "074337.031000", "074342.031000", "074347.031000", "074352.031000", "074357.031000", "074402.031000", "074407.031000", "074412.031000", "074417.031000", "074422.031000", "074427.031000", "074432.031000", "074437.031000", "074442.031000", "074447.031000", "074452.031000", "074457.031000", "074502.031000", "074507.031000", "074512.031000", "074517.031000", "074519.140000"], "InstanceCreationTime": ["074044.359000", "074052.031000", "074052.046000", "074052.046000", "074057.031000", "074057.046000", "074102.031000", "074102.046000", "074107.031000", "074107.046000", "074112.031000", "074112.046000", "074117.031000", "074117.046000", "074122.031000", "074122.046000", "074127.031000", "074127.046000", "074132.031000", "074132.046000", "074137.031000", "074137.046000", "074142.031000", "074142.046000", "074147.031000", "074152.031000", "074157.031000", "074202.031000", "074207.031000", "074212.031000", "074217.031000", "074222.031000", "074227.031000", "074232.031000", "074237.031000", "074242.031000", "074247.031000", "074252.031000", "074257.031000", "074302.031000", "074307.031000", "074312.031000", "074317.031000", "074322.031000", "074327.031000", "074332.031000", "074337.031000", "074342.031000", "074347.031000", "074352.031000", "074357.031000", "074402.031000", "074407.031000", "074412.031000", "074417.031000", "074422.031000", "074427.031000", "074432.031000", "074437.031000", "074442.031000", "074447.031000", "074452.031000", "074457.031000", "074502.031000", "074507.031000", "074512.031000", "074517.031000", "074519.140000"], "InstanceNumber": [1, 2, 3, 4, 5, 6, 7, 8, 9, 10, 11, 12, 13, 14, 15, 16, 17, 18, 19, 20, 21, 22, 23, 24, 25, 26, 27, 28, 29, 30, 31, 32, 33, 34, 35, 36, 37, 38, 39, 40, 41, 42, 43, 44, 45, 46, 47, 48, 49, 50, 51, 52, 53, 54, 55, 56, 57, 58, 59, 60, 61, 62, 63, 64, 65, 66, 67, 68], "LargestImagePixelValue": [65535, 5266, 4463, 5228, 4677, 4916, 5312, 5418, 4366, 5648, 4690, 4530, 4993, 5257, 4579, 5669, 5136, 64666, 4922, 4798, 4120, 5046, 4782, 5260, 5387, 4530, 5202, 4198, 4974, 5343, 4751, 5281, 5331, 5192, 64967, 5342, 5384, 5674, 5329, 4649, 4995, 5604, 4954, 5061, 4768, 4705, 4558, 4977, 5687, 4716, 4957, 65039, 5219, 5318, 4467, 4843, 4994, 5285, 5040, 4554, 5378, 4402, 4856, 4513, 5160, 5155, 5396, 4374], "SequenceName": ["ep_b5#1", "ep_b2010#2", "ep_b1985#3", "ep_b1965#4", "ep_b1995#5", "ep_b1970#6", "ep_b2000#7", "ep_b1990#8", "ep_b1985#9", "ep_b2000#10", "ep_b1995#11", "ep_b1985#12", "ep_b1985#13", "ep_b1980#14", "ep_b1990#15", "ep_b1980#16", "ep_b2000#17", "ep_b5#18", "ep_b1995#19", "ep_b1975#20", "ep_b1985#21", "ep_b1995#22", "ep_b1995#23", "ep_b1990#24", "ep_b2005#25", "ep_b1975#26", "ep_b1965#27", "ep_b1985#28", "ep_b2000#29", "ep_b1965#30", "ep_b1975#31", "ep_b2005#32", "ep_b1980#33", "ep_b1970#34", "ep_b5#35", "ep_b1975#36", "ep_b1970#37", "ep_b2010#38", "ep_b2005#39", "ep_b1995#40", "ep_b2000#41", "ep_b1990#42", "ep_b1985#43", "ep_b1990#44", "ep_b1970#45", "ep_b1990#46", "ep_b1975#47", "ep_b1985#48", "ep_b1965#49", "ep_b1995#50", "ep_b2000#51", "ep_b5#52", "ep_b1975#53", "ep_b1970#54", "ep_b2005#55", "ep_b1985#56", "ep_b1985#57", "ep_b1970#58", "ep_b1975#59", "ep_b1985#60", "ep_b1985#61", "ep_b1985#62", "ep_b1965#63", "ep_b1975#64", "ep_b1985#65", "ep_b1970#66", "ep_b1995#67", "ep_b1990#68"], "WindowCenter": [7428.0, 1621.0, 1569.0, 1561.0, 1584.0, 1587.0, 1601.0, 1613.0, 1535.0, 1614.0, 1551.0, 1523.0, 1548.0, 1599.0, 1541.0, 1593.0, 1582.0, 7388.0, 1606.0, 1535.0, 1522.0, 1599.0, 1564.0, 1603.0, 1618.0, 1522.0, 1567.0, 1557.0, 1599.0, 1577.0, 1620.0, 1596.0, 1599.0, 1579.0, 7361.0, 1576.0, 1595.0, 1610.0, 1615.0, 1565.0, 1585.0, 1591.0, 1587.0, 1617.0, 1585.0, 1569.0, 1522.0, 1598.0, 1605.0, 1566.0, 1573.0, 7352.0, 1596.0, 1613.0, 1522.0, 1605.0, 1546.0, 1529.0, 1565.0, 1572.0, 1612.0, 1591.0, 1570.0, 1571.0, 1581.0, 1582.0, 1562.0, 1554.0], "WindowWidth": [16341.0, 4156.0, 4034.0, 4000.0, 4063.0, 4070.0, 4108.0, 4127.0, 3958.0, 4132.0, 3990.0, 3933.0, 3981.0, 4094.0, 3979.0, 4074.0, 4060.0, 16280.0, 4125.0, 3953.0, 3929.0, 4101.0, 4017.0, 4116.0, 4145.0, 3932.0, 4019.0, 4011.0, 4099.0, 4034.0, 4147.0, 4089.0, 4096.0, 4043.0, 16192.0, 4033.0, 4075.0, 4117.0, 4131.0, 4020.0, 4070.0, 4067.0, 4073.0, 4142.0, 4067.0, 4033.0, 3929.0, 4094.0, 4089.0, 4020.0, 4049.0, 16180.0, 4085.0, 4121.0, 3930.0, 4121.0, 3972.0, 3932.0, 4017.0, 4042.0, 4120.0, 4088.0, 4029.0, 4038.0, 4051.0, 4054.0, 4009.0, 4002.0]}, "slices": {}}}