{"AcquisitionMatrixPE": 128, "AcquisitionNumber": 1, "AcquisitionTime": "07:45:53.962500", "BandwidthPerPixelPhaseEncode": 16.622, "BaseResolution": 128, "BodyPartExamined": "BRAIN", "ConsistencyInfo": "N4_VD11D_LATEST_20110129", "ConversionSoftware": "dcm2niix", "ConversionSoftwareVersion": "v1.0.20210317", "DerivedVendorReportedEchoSpacing": 0.000940019, "DeviceSerialNumber": "45239", "DiffusionScheme": "Bipolar", "DwellTime": 2.2e-06, "EchoTime": 0.108, "EchoTrainLength": 47, "EffectiveEchoSpacing": 0.00047001, "FlipAngle": 90, "ImageComments": "Unaliased MB3/PE3", "ImageOrientationPatientDICOM": [1, -1e-16, 0, 1e-16, 1, 0], "ImageType": ["ORIGINAL", "PRIMARY", "DIFFUSION", "NONE", "ND", "MOSAIC"], "ImagingFrequency": 123.193, "InPlanePhaseEncodingDirectionDICOM": "ROW", "InstitutionAddress": "E 24th St. 100,Austin,Southmiddle,US,78712", "InstitutionName": "Univ of Texas at Austin", "InstitutionalDepartmentName": "IRC", "MRAcquisitionType": "2D", "MagneticFieldStrength": 3, "Manufacturer": "Siemens", "ManufacturersModelName": "Skyra", "Modality": "MR", "MultibandAccelerationFactor": 3, "ParallelReductionFactorInPlane": 2, "PartialFourier": 0.75, "PatientPosition": "HFS", "PercentPhaseFOV": 100, "PercentSampling": 100, "PhaseEncodingDirection": "i-", "PhaseEncodingSteps": 95, "PhaseResolution": 1, "PixelBandwidth": 1775, "ProcedureStepDescription": "Poldrack2^self-scanning", "ProtocolName": "MBEPI with MDDW L-R", "PulseSequenceDetails": "%CustomerSeq%\\cmrr_mbep2d_diff", "ReceiveCoilActiveElements": "HEA;HEP", "ReceiveCoilName": "Head_32", "ReconMatrixPE": 128, "RefLinesPE": 24, "RepetitionTime": 5, "SAR": 0.194849, "ScanOptions": "PFP\\FS", "ScanningSequence": "EP", "SequenceName": "ep_b5#1", "SequenceVariant": "SK", "SeriesDescription": "MBEPI with MDDW L-R", "SeriesNumber": 9, "ShimSetting": [-2751, 8040, -15577, 163, -188, 46, 36, 18], "SliceThickness": 1.7, "SliceTiming": [0, 2.29, 4.5825, 1.875, 4.165, 1.4575, 3.75, 1.04, 3.3325, 0.625, 2.915, 0.2075, 2.5, 4.79, 2.0825, 4.375, 1.665, 3.9575, 1.25, 3.54, 0.8325, 3.125, 0.4175, 2.7075, 0, 2.29, 4.5825, 1.875, 4.165, 1.4575, 3.75, 1.04, 3.3325, 0.625, 2.915, 0.2075, 2.5, 4.79, 2.0825, 4.375, 1.665, 3.9575, 1.25, 3.54, 0.8325, 3.125, 0.4175, 2.7075, 0, 2.29, 4.5825, 1.875, 4.165, 1.4575, 3.75, 1.04, 3.3325, 0.625, 2.915, 0.2075, 2.5, 4.79, 2.0825, 4.375, 1.665, 3.9575, 1.25, 3.54, 0.8325, 3.125, 0.4175, 2.7075], "SoftwareVersions": "syngo MR D11", "SpacingBetweenSlices": 1.7, "StationName": "AWP45239", "TotalReadoutTime": 0.0596912, "TxRefAmp": 331.962, "WipMemBlock": "548d0470-f22f-4897-b6b0-85756808c4b0||Sequence: VD11D r154; May 23 2012 22:28:10 by eja", "dcmmeta_affine": [[-1.7421875, 1.7421875567777916e-16, 0.0, 112.71065521240234], [1.7421875567777916e-16, 1.7421875, 0.0, -122.46968078613281], [0.0, 0.0, 1.6999999284744263, -31.89963722229004], [0.0, 0.0, 0.0, 1.0]], "dcmmeta_reorient_transform": [[0.0, -1.0, 0.0, 127.0], [1.0, 0.0, 0.0, 0.0], [0.0, 0.0, 1.0, 0.0], [0.0, 0.0, 0.0, 1.0]], "dcmmeta_shape": [128, 128, 72, 68], "dcmmeta_slice_dim": 2, "dcmmeta_version": 0.6, "global": {"const": {"AcquisitionMatrix": [0, 128, 128, 0], "AngioFlag": "N", "BitsAllocated": 16, "BitsStored": 16, "BodyPartExamined": "BRAIN", "Columns": 1152, "EchoNumbers": 1, "EchoTime": 108.0, "EchoTrainLength": 47, "FlipAngle": 90.0, "HighBit": 15, "ImageOrientationPatient": [1.0, -1e-16, 0.0, 1e-16, 1.0, 0.0], "ImagePositionPatient": [-1004.7106537819, -990.78813552856, -31.89963722229], "ImageType": ["ORIGINAL", "PRIMARY", "DIFFUSION", "NONE", "ND", "MOSAIC"], "ImagedNucleus": "1H", "ImagingFrequency": 123.193404, "InPlanePhaseEncodingDirection": "ROW", "MRAcquisitionType": "2D", "MagneticFieldStrength": 3.0, "Manufacturer": "SIEMENS", "ManufacturerModelName": "Skyra", "Modality": "MR", "NumberOfAverages": 1.0, "NumberOfPhaseEncodingSteps": 95, "PercentPhaseFieldOfView": 100.0, "PercentSampling": 100.0, "PerformedProcedureStepStartTime": "070944.890000", "PhotometricInterpretation": "MONOCHROME2", "PixelBandwidth": 1775.0, "PixelRepresentation": 0, "PixelSpacing": [1.7421875, 1.7421875], "ProtocolName": "MBEPI with MDDW L-R", "RepetitionTime": 5000.0, "Rows": 1152, "SAR": 0.19484932262312, "SamplesPerPixel": 1, "ScanOptions": ["PFP", "FS"], "ScanningSequence": "EP", "SequenceVariant": "SK", "SeriesDescription": "MBEPI with MDDW L-R", "SeriesNumber": 9, "SeriesTime": "074732.578000", "SliceLocation": -31.89963722229, "SliceThickness": 1.7000000476837, "SmallestImagePixelValue": 0, "SoftwareVersions": "syngo MR D11", "SpacingBetweenSlices": 1.6999999838816, "SpecificCharacterSet": "ISO_IR 100", "StudyID": "1", "StudyTime": "070944.859000", "TransmitCoilName": "Body", "VariableFlipAngleFlag": "N", "WindowCenterWidthExplanation": "Algo1", "dBdt": 0.0}, "slices": {}}, "time": {"samples": {"AcquisitionNumber": [1, 2, 3, 4, 5, 6, 7, 8, 9, 10, 11, 12, 13, 14, 15, 16, 17, 18, 19, 20, 21, 22, 23, 24, 25, 26, 27, 28, 29, 30, 31, 32, 33, 34, 35, 36, 37, 38, 39, 40, 41, 42, 43, 44, 45, 46, 47, 48, 49, 50, 51, 52, 53, 54, 55, 56, 57, 58, 59, 60, 61, 62, 63, 64, 65, 66, 67, 68], "AcquisitionTime": ["074553.962500", "074723.962500", "074728.962500", "074733.962500", "074738.962500", "074743.962500", "074748.962500", "074753.962500", "074758.962500", "074803.962500", "074808.962500", "074813.962500", "074818.962500", "074823.962500", "074828.962500", "074833.962500", "074838.962500", "074843.962500", "074848.962500", "074853.962500", "074858.962500", "074903.962500", "074908.962500", "074913.962500", "074918.962500", "074923.962500", "074928.962500", "074933.962500", "074938.962500", "074943.962500", "074948.962500", "074953.962500", "074958.962500", "075003.962500", "075008.962500", "075013.962500", "075018.962500", "075023.962500", "075028.962500", "075033.962500", "075038.962500", "075043.962500", "075048.962500", "075053.962500", "075058.962500", "075103.962500", "075108.962500", "075113.962500", "075118.962500", "075123.962500", "075128.962500", "075133.962500", "075138.962500", "075143.962500", "075148.962500", "075153.962500", "075158.962500", "075203.962500", "075208.962500", "075213.962500", "075218.962500", "075223.962500", "075228.962500", "075233.962500", "075238.962500", "075243.962500", "075248.962500", "075253.962500"], "ContentTime": ["074732.593000", "074738.328000", "074738.328000", "074743.328000", "074748.328000", "074753.328000", "074758.328000", "074803.328000", "074808.328000", "074813.328000", "074818.328000", "074823.328000", "074828.328000", "074833.328000", "074838.328000", "074843.328000", "074848.328000", "074853.328000", "074858.328000", "074903.328000", "074908.328000", "074913.328000", "074918.328000", "074923.328000", "074928.328000", "074933.328000", "074938.328000", "074943.328000", "074948.328000", "074953.328000", "074958.328000", "075003.328000", "075008.328000", "075013.328000", "075018.328000", "075023.328000", "075028.328000", "075033.328000", "075038.328000", "075043.328000", "075048.328000", "075053.328000", "075058.328000", "075103.328000", "075108.328000", "075113.328000", "075118.328000", "075123.328000", "075128.328000", "075133.328000", "075138.328000", "075143.328000", "075148.328000", "075153.328000", "075158.328000", "075203.328000", "075208.328000", "075213.328000", "075218.328000", "075223.328000", "075228.328000", "075233.328000", "075238.328000", "075243.328000", "075248.328000", "075253.328000", "075258.328000", "075259.875000"], "InstanceCreationTime": ["074732.593000", "074738.328000", "074738.328000", "074743.328000", "074748.328000", "074753.328000", "074758.328000", "074803.328000", "074808.328000", "074813.328000", "074818.328000", "074823.328000", "074828.328000", "074833.328000", "074838.328000", "074843.328000", "074848.328000", "074853.328000", "074858.328000", "074903.328000", "074908.328000", "074913.328000", "074918.328000", "074923.328000", "074928.328000", "074933.328000", "074938.328000", "074943.328000", "074948.328000", "074953.328000", "074958.328000", "075003.328000", "075008.328000", "075013.328000", "075018.328000", "075023.328000", "075028.328000", "075033.328000", "075038.328000", "075043.328000", "075048.328000", "075053.328000", "075058.328000", "075103.328000", "075108.328000", "075113.328000", "075118.328000", "075123.328000", "075128.328000", "075133.328000", "075138.328000", "075143.328000", "075148.328000", "075153.328000", "075158.328000", "075203.328000", "075208.328000", "075213.328000", "075218.328000", "075223.328000", "075228.328000", "075233.328000", "075238.328000", "075243.328000", "075248.328000", "075253.328000", "075258.328000", "075259.875000"], "InstanceNumber": [1, 2, 3, 4, 5, 6, 7, 8, 9, 10, 11, 12, 13, 14, 15, 16, 17, 18, 19, 20, 21, 22, 23, 24, 25, 26, 27, 28, 29, 30, 31, 32, 33, 34, 35, 36, 37, 38, 39, 40, 41, 42, 43, 44, 45, 46, 47, 48, 49, 50, 51, 52, 53, 54, 55, 56, 57, 58, 59, 60, 61, 62, 63, 64, 65, 66, 67, 68], "LargestImagePixelValue": [65535, 7043, 5186, 6560, 5269, 6296, 6424, 6778, 5634, 6760, 5026, 5167, 5612, 6521, 5916, 6360, 6370, 65535, 6767, 6041, 5009, 6335, 5559, 6508, 6316, 6060, 6744, 4791, 5462, 6456, 5795, 6436, 6299, 6146, 65535, 6333, 6193, 6644, 6270, 5158, 5886, 6904, 6735, 6228, 5501, 6210, 6063, 6211, 7070, 5672, 5902, 65535, 6573, 5943, 5989, 5948, 6522, 6010, 6722, 5536, 6444, 5271, 6187, 5313, 5948, 6361, 5956, 5488], "SequenceName": ["ep_b5#1", "ep_b2010#2", "ep_b1985#3", "ep_b1965#4", "ep_b1995#5", "ep_b1970#6", "ep_b2000#7", "ep_b1990#8", "ep_b1985#9", "ep_b2000#10", "ep_b1995#11", "ep_b1985#12", "ep_b1985#13", "ep_b1980#14", "ep_b1990#15", "ep_b1980#16", "ep_b2000#17", "ep_b5#18", "ep_b1995#19", "ep_b1975#20", "ep_b1985#21", "ep_b1995#22", "ep_b1995#23", "ep_b1990#24", "ep_b2005#25", "ep_b1975#26", "ep_b1965#27", "ep_b1985#28", "ep_b2000#29", "ep_b1965#30", "ep_b1975#31", "ep_b2005#32", "ep_b1980#33", "ep_b1970#34", "ep_b5#35", "ep_b1975#36", "ep_b1970#37", "ep_b2010#38", "ep_b2005#39", "ep_b1995#40", "ep_b2000#41", "ep_b1990#42", "ep_b1985#43", "ep_b1990#44", "ep_b1970#45", "ep_b1990#46", "ep_b1975#47", "ep_b1985#48", "ep_b1965#49", "ep_b1995#50", "ep_b2000#51", "ep_b5#52", "ep_b1975#53", "ep_b1970#54", "ep_b2005#55", "ep_b1985#56", "ep_b1985#57", "ep_b1970#58", "ep_b1975#59", "ep_b1985#60", "ep_b1985#61", "ep_b1985#62", "ep_b1965#63", "ep_b1975#64", "ep_b1985#65", "ep_b1970#66", "ep_b1995#67", "ep_b1990#68"], "WindowCenter": [7477.0, 1669.0, 1577.0, 1596.0, 1615.0, 1651.0, 1642.0, 1653.0, 1571.0, 1656.0, 1579.0, 1562.0, 1576.0, 1651.0, 1576.0, 1623.0, 1624.0, 7451.0, 1651.0, 1571.0, 1575.0, 1642.0, 1560.0, 1641.0, 1642.0, 1567.0, 1602.0, 1595.0, 1613.0, 1584.0, 1627.0, 1609.0, 1641.0, 1591.0, 7404.0, 1603.0, 1620.0, 1637.0, 1638.0, 1596.0, 1596.0, 1617.0, 1653.0, 1626.0, 1612.0, 1607.0, 1568.0, 1639.0, 1648.0, 1606.0, 1596.0, 7401.0, 1650.0, 1626.0, 1589.0, 1625.0, 1570.0, 1557.0, 1600.0, 1611.0, 1640.0, 1597.0, 1607.0, 1609.0, 1592.0, 1623.0, 1577.0, 1575.0], "WindowWidth": [16498.0, 4246.0, 4045.0, 4067.0, 4139.0, 4196.0, 4195.0, 4207.0, 4024.0, 4220.0, 4054.0, 4017.0, 4041.0, 4197.0, 4044.0, 4145.0, 4149.0, 16423.0, 4204.0, 4026.0, 4038.0, 4196.0, 4006.0, 4192.0, 4196.0, 4008.0, 4089.0, 4091.0, 4134.0, 4045.0, 4156.0, 4119.0, 4185.0, 4068.0, 16306.0, 4091.0, 4127.0, 4177.0, 4176.0, 4093.0, 4093.0, 4121.0, 4202.0, 4158.0, 4128.0, 4107.0, 4012.0, 4180.0, 4181.0, 4104.0, 4096.0, 16296.0, 4195.0, 4150.0, 4067.0, 4152.0, 4020.0, 3996.0, 4080.0, 4126.0, 4183.0, 4095.0, 4106.0, 4117.0, 4073.0, 4139.0, 4042.0, 4036.0]}, "slices": {}}}