{"AcquisitionMatrixPE": 96, "AcquisitionNumber": 1, "AcquisitionTime": "07:35:1.080000", "BandwidthPerPixelPhaseEncode": 33.602, "BaseResolution": 96, "BodyPartExamined": "BRAIN", "ConsistencyInfo": "N4_VD13A_LATEST_20120616", "ConversionSoftware": "dcm2niix", "ConversionSoftwareVersion": "v1.0.20210317", "DerivedVendorReportedEchoSpacing": 0.000620003, "DeviceSerialNumber": "45239", "DwellTime": 2.6e-06, "EchoTime": 0.03, "EchoTrainLength": 47, "EffectiveEchoSpacing": 0.000310001, "FlipAngle": 63, "ImageComments": "Unaliased MB4/PE3", "ImageOrientationPatientDICOM": [0.999983, 0.00468062, 0.00335804, -0.00240193, 0.868623, -0.495468], "ImageType": ["ORIGINAL", "PRIMARY", "M", "ND", "NORM", "MOSAIC"], "ImagingFrequency": 123.191, "InPlanePhaseEncodingDirectionDICOM": "COL", "InstitutionAddress": "E 24th St. 100,Austin,Southmiddle,US,78712", "InstitutionName": "Univ of Texas at Austin", "InstitutionalDepartmentName": "IRC", "MRAcquisitionType": "2D", "MagneticFieldStrength": 3, "Manufacturer": "Siemens", "ManufacturersModelName": "Skyra", "Modality": "MR", "MultibandAccelerationFactor": 4, "ParallelReductionFactorInPlane": 2, "PartialFourier": 1, "PatientPosition": "HFS", "PercentPhaseFOV": 100, "PercentSampling": 100, "PhaseEncodingDirection": "j-", "PhaseEncodingSteps": 95, "PhaseResolution": 1, "PixelBandwidth": 2005, "ProcedureStepDescription": "Poldrack2^self-scanning", "ProtocolName": "Resting State fMRI MBEPI_matrix96_BW2004", "PulseSequenceDetails": "%CustomerSeq%\\cmrr_mbep2d_bold", "ReceiveCoilActiveElements": "HEA;HEP", "ReceiveCoilName": "Head_32", "ReconMatrixPE": 96, "RefLinesPE": 48, "RepetitionTime": 1.16, "SAR": 0.114388, "ScanOptions": "FS", "ScanningSequence": "EP", "SequenceName": "epfid2d1_96", "SequenceVariant": "SK", "SeriesDescription": "Resting State fMRI MBEPI_matrix96_BW2004", "SeriesNumber": 6, "ShimSetting": [-2964, 8314, -15470, -852, 91, -469, 125, 170], "SliceThickness": 2, "SliceTiming": [0, 0.4975, 0.9975, 0.355, 0.855, 0.2125, 0.7125, 0.07, 0.57, 1.0675, 0.4275, 0.925, 0.285, 0.7825, 0.1425, 0.64, 0, 0.4975, 0.9975, 0.355, 0.855, 0.2125, 0.7125, 0.07, 0.57, 1.0675, 0.4275, 0.925, 0.285, 0.7825, 0.1425, 0.64, 0, 0.4975, 0.9975, 0.355, 0.855, 0.2125, 0.7125, 0.07, 0.57, 1.0675, 0.4275, 0.925, 0.285, 0.7825, 0.1425, 0.64, 0, 0.4975, 0.9975, 0.355, 0.855, 0.2125, 0.7125, 0.07, 0.57, 1.0675, 0.4275, 0.925, 0.285, 0.7825, 0.1425, 0.64], "SoftwareVersions": "syngo MR D13", "SpacingBetweenSlices": 2.4, "StationName": "AWP45239", "TaskName": "Resting fmri", "TotalReadoutTime": 0.0294501, "TxRefAmp": 336.475, "WipMemBlock": "6d88fa4e-5591-4a72-92e9-7e5ca8c21d75||Sequence: vd13a/R010 r/fd129fc; Dec 13 2013 16:14:27 by eja", "dcmmeta_affine": [[-2.3957934379577637, -0.0057546235620975494, 0.012566315941512585, 113.66290283203125], [-0.011213978752493858, 2.081075429916382, -1.189084529876709, -80.86532592773438], [0.008045298978686333, 1.1870591640472412, 2.0846869945526123, -82.25211334228516], [0.0, 0.0, 0.0, 1.0]], "dcmmeta_reorient_transform": [[0.0, -1.0, 0.0, 95.0], [1.0, 0.0, 0.0, 0.0], [0.0, 0.0, 1.0, 0.0], [0.0, 0.0, 0.0, 1.0]], "dcmmeta_shape": [96, 96, 64, 518], "dcmmeta_slice_dim": 2, "dcmmeta_version": 0.6, "global": {"const": {"AcquisitionMatrix": [96, 0, 0, 96], "AngioFlag": "N", "BitsAllocated": 16, "BitsStored": 16, "BodyPartExamined": "BRAIN", "Columns": 768, "DeidentificationMethodCodeSequence": [{"CodeMeaning": "XNAT Edit Script", "CodeValue": "93", "CodingSchemeDesignator": "XNAT", "CodingSchemeVersion": "0.1"}], "EchoNumbers": 1, "EchoTime": 30.0, "EchoTrainLength": 47, "FlipAngle": 63.0, "HighBit": 15, "ImageOrientationPatient": [0.99998340756422, 0.00468061732674, 0.00335803777526, -0.002401929823, 0.86862277335375, -0.4954681708691], "ImagePositionPatient": [-916.1692802029, -819.84603323516, 426.66714780612], "ImageType": ["ORIGINAL", "PRIMARY", "M", "ND", "NORM", "MOSAIC"], "ImagedNucleus": "1H", "ImagingFrequency": 123.191068, "InPlanePhaseEncodingDirection": "COL", "MRAcquisitionType": "2D", "MagneticFieldStrength": 3.0, "Manufacturer": "SIEMENS", "ManufacturerModelName": "Skyra", "Modality": "MR", "NumberOfAverages": 1.0, "NumberOfPhaseEncodingSteps": 95, "PercentPhaseFieldOfView": 100.0, "PercentSampling": 100.0, "PerformedProcedureStepStartTime": "071417.917000", "PhotometricInterpretation": "MONOCHROME2", "PixelBandwidth": 2005.0, "PixelRepresentation": 0, "PixelSpacing": [2.3958332538605, 2.3958332538605], "ProtocolName": "Resting State fMRI MBEPI_matrix96_BW2004", "RepetitionTime": 1160.0, "Rows": 768, "SAR": 0.1143880292822, "SamplesPerPixel": 1, "ScanOptions": "FS", "ScanningSequence": "EP", "SequenceName": "epfid2d1_96", "SequenceVariant": "SK", "SeriesDescription": "Resting State fMRI MBEPI_matrix96_BW2004", "SeriesNumber": 6, "SeriesTime": "073552.073000", "SliceLocation": -30.785782871623, "SliceThickness": 2.0, "SmallestImagePixelValue": 0, "SoftwareVersions": "syngo MR D13", "SpacingBetweenSlices": 2.3999999750538, "SpecificCharacterSet": "ISO_IR 100", "StudyID": "1", "StudyTime": "071417.813000", "TransmitCoilName": "Body", "VariableFlipAngleFlag": "N", "WindowCenterWidthExplanation": "Algo1", "dBdt": 0.0}, "slices": {}}, "time": {"samples": {"AcquisitionNumber": [1, 2, 3, 4, 5, 6, 7, 8, 9, 10, 11, 12, 13, 14, 15, 16, 17, 18, 19, 20, 21, 22, 23, 24, 25, 26, 27, 28, 29, 30, 31, 32, 33, 34, 35, 36, 37, 38, 39, 40, 41, 42, 43, 44, 45, 46, 47, 48, 49, 50, 51, 52, 53, 54, 55, 56, 57, 58, 59, 60, 61, 62, 63, 64, 65, 66, 67, 68, 69, 70, 71, 72, 73, 74, 75, 76, 77, 78, 79, 80, 81, 82, 83, 84, 85, 86, 87, 88, 89, 90, 91, 92, 93, 94, 95, 96, 97, 98, 99, 100, 101, 102, 103, 104, 105, 106, 107, 108, 109, 110, 111, 112, 113, 114, 115, 116, 117, 118, 119, 120, 121, 122, 123, 124, 125, 126, 127, 128, 129, 130, 131, 132, 133, 134, 135, 136, 137, 138, 139, 140, 141, 142, 143, 144, 145, 146, 147, 148, 149, 150, 151, 152, 153, 154, 155, 156, 157, 158, 159, 160, 161, 162, 163, 164, 165, 166, 167, 168, 169, 170, 171, 172, 173, 174, 175, 176, 177, 178, 179, 180, 181, 182, 183, 184, 185, 186, 187, 188, 189, 190, 191, 192, 193, 194, 195, 196, 197, 198, 199, 200, 201, 202, 203, 204, 205, 206, 207, 208, 209, 210, 211, 212, 213, 214, 215, 216, 217, 218, 219, 220, 221, 222, 223, 224, 225, 226, 227, 228, 229, 230, 231, 232, 233, 234, 235, 236, 237, 238, 239, 240, 241, 242, 243, 244, 245, 246, 247, 248, 249, 250, 251, 252, 253, 254, 255, 256, 257, 258, 259, 260, 261, 262, 263, 264, 265, 266, 267, 268, 269, 270, 271, 272, 273, 274, 275, 276, 277, 278, 279, 280, 281, 282, 283, 284, 285, 286, 287, 288, 289, 290, 291, 292, 293, 294, 295, 296, 297, 298, 299, 300, 301, 302, 303, 304, 305, 306, 307, 308, 309, 310, 311, 312, 313, 314, 315, 316, 317, 318, 319, 320, 321, 322, 323, 324, 325, 326, 327, 328, 329, 330, 331, 332, 333, 334, 335, 336, 337, 338, 339, 340, 341, 342, 343, 344, 345, 346, 347, 348, 349, 350, 351, 352, 353, 354, 355, 356, 357, 358, 359, 360, 361, 362, 363, 364, 365, 366, 367, 368, 369, 370, 371, 372, 373, 374, 375, 376, 377, 378, 379, 380, 381, 382, 383, 384, 385, 386, 387, 388, 389, 390, 391, 392, 393, 394, 395, 396, 397, 398, 399, 400, 401, 402, 403, 404, 405, 406, 407, 408, 409, 410, 411, 412, 413, 414, 415, 416, 417, 418, 419, 420, 421, 422, 423, 424, 425, 426, 427, 428, 429, 430, 431, 432, 433, 434, 435, 436, 437, 438, 439, 440, 441, 442, 443, 444, 445, 446, 447, 448, 449, 450, 451, 452, 453, 454, 455, 456, 457, 458, 459, 460, 461, 462, 463, 464, 465, 466, 467, 468, 469, 470, 471, 472, 473, 474, 475, 476, 477, 478, 479, 480, 481, 482, 483, 484, 485, 486, 487, 488, 489, 490, 491, 492, 493, 494, 495, 496, 497, 498, 499, 500, 501, 502, 503, 504, 505, 506, 507, 508, 509, 510, 511, 512, 513, 514, 515, 516, 517, 518], "AcquisitionTime": ["073501.080000", "073508.020000", "073509.180000", "073510.340000", "073511.500000", "073512.660000", "073513.820000", "073514.980000", "073516.140000", "073517.300000", "073518.460000", "073519.620000", "073520.780000", "073521.940000", "073523.100000", "073524.260000", "073525.420000", "073526.580000", "073527.740000", "073528.900000", "073530.060000", "073531.220000", "073532.380000", "073533.540000", "073534.700000", "073535.860000", "073537.020000", "073538.180000", "073539.340000", "073540.500000", "073541.660000", "073542.820000", "073543.980000", "073545.140000", "073546.300000", "073547.460000", "073548.620000", "073549.780000", "073550.940000", "073552.100000", "073553.260000", "073554.420000", "073555.580000", "073556.740000", "073557.900000", "073559.060000", "073600.220000", "073601.380000", "073602.540000", "073603.700000", "073604.860000", "073606.020000", "073607.180000", "073608.340000", "073609.500000", "073610.660000", "073611.820000", "073612.980000", "073614.140000", "073615.300000", "073616.460000", "073617.620000", "073618.780000", "073619.940000", "073621.100000", "073622.260000", "073623.420000", "073624.580000", "073625.740000", "073626.900000", "073628.060000", "073629.220000", "073630.380000", "073631.540000", "073632.700000", "073633.860000", "073635.020000", "073636.180000", "073637.340000", "073638.500000", "073639.660000", "073640.820000", "073641.980000", "073643.140000", "073644.300000", "073645.460000", "073646.620000", "073647.780000", "073648.940000", "073650.100000", "073651.260000", "073652.420000", "073653.580000", "073654.740000", "073655.900000", "073657.060000", "073658.220000", "073659.380000", "073700.540000", "073701.700000", "073702.860000", "073704.020000", "073705.180000", "073706.340000", "073707.500000", "073708.660000", "073709.820000", "073710.980000", "073712.140000", "073713.300000", "073714.460000", "073715.620000", "073716.780000", "073717.940000", "073719.100000", "073720.260000", "073721.420000", "073722.580000", "073723.740000", "073724.900000", "073726.060000", "073727.220000", "073728.380000", "073729.540000", "073730.700000", "073731.860000", "073733.020000", "073734.180000", "073735.340000", "073736.500000", "073737.660000", "073738.820000", "073739.980000", "073741.140000", "073742.300000", "073743.460000", "073744.620000", "073745.780000", "073746.940000", "073748.100000", "073749.260000", "073750.420000", "073751.580000", "073752.740000", "073753.900000", "073755.060000", "073756.220000", "073757.380000", "073758.540000", "073759.700000", "073800.860000", "073802.020000", "073803.180000", "073804.340000", "073805.500000", "073806.660000", "073807.820000", "073808.980000", "073810.140000", "073811.300000", "073812.460000", "073813.620000", "073814.780000", "073815.940000", "073817.100000", "073818.260000", "073819.420000", "073820.580000", "073821.740000", "073822.900000", "073824.060000", "073825.220000", "073826.380000", "073827.540000", "073828.700000", "073829.860000", "073831.020000", "073832.180000", "073833.340000", "073834.500000", "073835.660000", "073836.820000", "073837.980000", "073839.140000", "073840.300000", "073841.460000", "073842.620000", "073843.780000", "073844.940000", "073846.100000", "073847.260000", "073848.420000", "073849.580000", "073850.740000", "073851.900000", "073853.060000", "073854.220000", "073855.380000", "073856.540000", "073857.700000", "073858.860000", "073900.020000", "073901.180000", "073902.340000", "073903.500000", "073904.660000", "073905.820000", "073906.980000", "073908.140000", "073909.300000", "073910.460000", "073911.620000", "073912.780000", "073913.940000", "073915.100000", "073916.260000", "073917.420000", "073918.582500", "073919.742500", "073920.902500", "073922.062500", "073923.222500", "073924.382500", "073925.542500", "073926.702500", "073927.862500", "073929.022500", "073930.182500", "073931.342500", "073932.502500", "073933.662500", "073934.822500", "073935.982500", "073937.142500", "073938.302500", "073939.462500", "073940.622500", "073941.782500", "073942.942500", "073944.102500", "073945.262500", "073946.422500", "073947.582500", "073948.742500", "073949.902500", "073951.062500", "073952.222500", "073953.382500", "073954.542500", "073955.702500", "073956.862500", "073958.022500", "073959.182500", "074000.342500", "074001.502500", "074002.662500", "074003.822500", "074004.982500", "074006.142500", "074007.302500", "074008.462500", "074009.622500", "074010.782500", "074011.942500", "074013.102500", "074014.262500", "074015.422500", "074016.582500", "074017.742500", "074018.902500", "074020.062500", "074021.222500", "074022.382500", "074023.542500", "074024.702500", "074025.862500", "074027.022500", "074028.182500", "074029.342500", "074030.502500", "074031.662500", "074032.822500", "074033.982500", "074035.142500", "074036.302500", "074037.462500", "074038.622500", "074039.782500", "074040.942500", "074042.102500", "074043.262500", "074044.422500", "074045.582500", "074046.742500", "074047.902500", "074049.062500", "074050.222500", "074051.382500", "074052.542500", "074053.702500", "074054.862500", "074056.022500", "074057.182500", "074058.342500", "074059.502500", "074100.662500", "074101.822500", "074102.982500", "074104.142500", "074105.302500", "074106.462500", "074107.622500", "074108.782500", "074109.942500", "074111.102500", "074112.262500", "074113.422500", "074114.582500", "074115.742500", "074116.902500", "074118.062500", "074119.222500", "074120.382500", "074121.542500", "074122.702500", "074123.862500", "074125.022500", "074126.182500", "074127.342500", "074128.502500", "074129.662500", "074130.822500", "074131.982500", "074133.142500", "074134.302500", "074135.462500", "074136.622500", "074137.782500", "074138.942500", "074140.102500", "074141.262500", "074142.422500", "074143.582500", "074144.742500", "074145.902500", "074147.062500", "074148.222500", "074149.382500", "074150.542500", "074151.702500", "074152.862500", "074154.022500", "074155.182500", "074156.342500", "074157.502500", "074158.662500", "074159.822500", "074200.982500", "074202.142500", "074203.302500", "074204.462500", "074205.622500", "074206.782500", "074207.942500", "074209.102500", "074210.262500", "074211.422500", "074212.582500", "074213.742500", "074214.902500", "074216.062500", "074217.222500", "074218.382500", "074219.542500", "074220.702500", "074221.862500", "074223.022500", "074224.182500", "074225.342500", "074226.502500", "074227.662500", "074228.822500", "074229.982500", "074231.142500", "074232.302500", "074233.462500", "074234.622500", "074235.782500", "074236.942500", "074238.102500", "074239.262500", "074240.422500", "074241.582500", "074242.742500", "074243.902500", "074245.062500", "074246.222500", "074247.382500", "074248.542500", "074249.702500", "074250.862500", "074252.022500", "074253.182500", "074254.342500", "074255.502500", "074256.662500", "074257.822500", "074258.982500", "074300.142500", "074301.302500", "074302.462500", "074303.622500", "074304.782500", "074305.942500", "074307.102500", "074308.262500", "074309.422500", "074310.582500", "074311.742500", "074312.902500", "074314.062500", "074315.222500", "074316.382500", "074317.542500", "074318.702500", "074319.862500", "074321.022500", "074322.182500", "074323.342500", "074324.502500", "074325.662500", "074326.822500", "074327.982500", "074329.142500", "074330.302500", "074331.462500", "074332.622500", "074333.782500", "074334.942500", "074336.102500", "074337.262500", "074338.422500", "074339.582500", "074340.742500", "074341.902500", "074343.062500", "074344.222500", "074345.382500", "074346.542500", "074347.702500", "074348.862500", "074350.022500", "074351.182500", "074352.342500", "074353.502500", "074354.662500", "074355.822500", "074356.982500", "074358.142500", "074359.302500", "074400.462500", "074401.622500", "074402.782500", "074403.942500", "074405.102500", "074406.262500", "074407.422500", "074408.585000", "074409.745000", "074410.905000", "074412.065000", "074413.225000", "074414.385000", "074415.545000", "074416.705000", "074417.865000", "074419.025000", "074420.185000", "074421.345000", "074422.505000", "074423.665000", "074424.825000", "074425.985000", "074427.145000", "074428.305000", "074429.465000", "074430.625000", "074431.785000", "074432.945000", "074434.105000", "074435.265000", "074436.425000", "074437.585000", "074438.745000", "074439.905000", "074441.065000", "074442.225000", "074443.385000", "074444.545000", "074445.705000", "074446.865000", "074448.025000", "074449.185000", "074450.345000", "074451.505000", "074452.665000", "074453.825000", "074454.985000", "074456.145000", "074457.305000", "074458.465000", "074459.625000", "074500.785000", "074501.945000", "074503.105000", "074504.265000", "074505.425000", "074506.585000"], "ContentTime": ["073552.078000", "073552.083000", "073552.092000", "073552.096000", "073552.101000", "073552.105000", "073552.109000", "073552.113000", "073552.117000", "073552.122000", "073552.126000", "073552.135000", "073552.139000", "073552.143000", "073552.147000", "073552.151000", "073552.155000", "073552.159000", "073552.163000", "073552.167000", "073552.172000", "073552.176000", "073552.180000", "073552.184000", "073552.188000", "073552.192000", "073552.196000", "073552.200000", "073552.204000", "073552.208000", "073552.212000", "073552.216000", "073552.221000", "073552.225000", "073552.228000", "073612.015000", "073612.029000", "073612.034000", "073612.038000", "073612.043000", "073612.047000", "073612.051000", "073612.055000", "073612.060000", "073612.064000", "073612.068000", "073612.072000", "073612.079000", "073612.084000", "073612.088000", "073612.092000", "073612.096000", "073612.103000", "073612.107000", "073612.111000", "073652.016000", "073652.021000", "073652.025000", "073652.028000", "073652.032000", "073652.036000", "073652.040000", "073652.044000", "073652.048000", "073652.052000", "073652.057000", "073652.061000", "073652.065000", "073652.069000", "073652.074000", "073652.078000", "073652.082000", "073652.087000", "073652.091000", "073652.095000", "073652.100000", "073652.104000", "073652.108000", "073652.112000", "073652.117000", "073652.120000", "073652.125000", "073652.129000", "073652.133000", "073652.137000", "073652.141000", "073652.145000", "073652.154000", "073652.158000", "073652.162000", "073732.017000", "073732.025000", "073732.028000", "073732.032000", "073732.086000", "073732.090000", "073732.094000", "073732.098000", "073732.102000", "073732.107000", "073732.111000", "073732.115000", "073732.119000", "073732.123000", "073732.127000", "073732.131000", "073732.135000", "073732.140000", "073732.144000", "073732.148000", "073732.152000", "073732.157000", "073732.161000", "073732.165000", "073732.169000", "073732.174000", "073732.178000", "073732.182000", "073732.186000", "073732.194000", "073732.198000", "073732.201000", "073732.206000", "073732.210000", "073812.016000", "073812.025000", "073812.029000", "073812.033000", "073812.037000", "073812.041000", "073812.045000", "073812.049000", "073812.053000", "073812.057000", "073812.061000", "073812.065000", "073812.069000", "073812.073000", "073812.078000", "073812.082000", "073812.086000", "073812.090000", "073812.094000", "073812.098000", "073812.102000", "073812.106000", "073812.110000", "073812.114000", "073812.118000", "073812.122000", "073812.126000", "073812.130000", "073812.133000", "073812.138000", "073812.142000", "073812.146000", "073812.150000", "073812.154000", "073812.158000", "073852.016000", "073852.023000", "073852.028000", "073852.032000", "073852.036000", "073852.040000", "073852.044000", "073852.048000", "073852.052000", "073852.056000", "073852.071000", "073852.075000", "073852.079000", "073852.083000", "073852.088000", "073852.092000", "073852.096000", "073852.099000", "073852.104000", "073852.108000", "073852.112000", "073852.116000", "073852.120000", "073852.124000", "073852.129000", "073852.133000", "073852.137000", "073852.141000", "073852.145000", "073852.149000", "073852.154000", "073852.158000", "073852.161000", "073852.165000", "073932.016000", "073932.020000", "073932.024000", "073932.028000", "073932.032000", "073932.036000", "073932.041000", "073932.045000", "073932.049000", "073932.053000", "073932.057000", "073932.061000", "073932.070000", "073932.074000", "073932.078000", "073932.082000", "073932.086000", "073932.090000", "073932.094000", "073932.098000", "073932.102000", "073932.106000", "073932.111000", "073932.114000", "073932.119000", "073932.122000", "073932.127000", "073932.130000", "073932.134000", "073932.138000", "073932.155000", "073932.159000", "073932.163000", "073932.167000", "074012.016000", "074012.020000", "074012.024000", "074012.028000", "074012.032000", "074012.036000", "074012.040000", "074012.044000", "074012.048000", "074012.052000", "074012.062000", "074012.066000", "074012.070000", "074012.074000", "074012.078000", "074012.082000", "074012.086000", "074012.090000", "074012.094000", "074012.097000", "074012.102000", "074012.106000", "074012.110000", "074012.113000", "074012.118000", "074012.121000", "074012.125000", "074012.129000", "074012.133000", "074012.137000", "074012.142000", "074012.147000", "074012.152000", "074012.156000", "074012.160000", "074052.016000", "074052.021000", "074052.025000", "074052.029000", "074052.033000", "074052.037000", "074052.041000", "074052.046000", "074052.050000", "074052.053000", "074052.065000", "074052.069000", "074052.073000", "074052.077000", "074052.082000", "074052.085000", "074052.089000", "074052.093000", "074052.097000", "074052.101000", "074052.105000", "074052.109000", "074052.113000", "074052.117000", "074052.121000", "074052.138000", "074052.142000", "074052.146000", "074052.149000", "074052.153000", "074052.158000", "074052.162000", "074052.165000", "074052.169000", "074132.016000", "074132.021000", "074132.024000", "074132.028000", "074132.036000", "074132.039000", "074132.043000", "074132.047000", "074132.052000", "074132.057000", "074132.061000", "074132.065000", "074132.069000", "074132.073000", "074132.077000", "074132.081000", "074132.085000", "074132.089000", "074132.093000", "074132.097000", "074132.101000", "074132.105000", "074132.109000", "074132.113000", "074132.117000", "074132.121000", "074132.125000", "074132.129000", "074132.133000", "074132.137000", "074132.141000", "074132.144000", "074132.149000", "074132.153000", "074132.156000", "074212.017000", "074212.022000", "074212.026000", "074212.030000", "074212.034000", "074212.152000", "074212.156000", "074212.164000", "074212.168000", "074212.172000", "074212.176000", "074212.180000", "074212.184000", "074212.188000", "074212.192000", "074212.196000", "074212.200000", "074212.204000", "074212.208000", "074212.212000", "074212.215000", "074212.219000", "074212.223000", "074212.227000", "074212.231000", "074212.235000", "074212.239000", "074212.243000", "074212.246000", "074212.252000", "074212.255000", "074212.259000", "074212.263000", "074212.267000", "074252.017000", "074252.022000", "074252.026000", "074252.030000", "074252.034000", "074252.038000", "074252.042000", "074252.046000", "074252.050000", "074252.067000", "074252.070000", "074252.075000", "074252.079000", "074252.083000", "074252.087000", "074252.091000", "074252.095000", "074252.099000", "074252.103000", "074252.107000", "074252.111000", "074252.115000", "074252.119000", "074252.123000", "074252.127000", "074252.131000", "074252.135000", "074252.139000", "074252.143000", "074252.147000", "074252.151000", "074252.155000", "074252.159000", "074252.163000", "074252.167000", "074312.017000", "074312.021000", "074312.025000", "074312.029000", "074312.038000", "074312.042000", "074312.046000", "074312.050000", "074312.054000", "074312.059000", "074312.063000", "074312.072000", "074312.076000", "074312.080000", "074312.084000", "074312.088000", "074312.092000", "074352.016000", "074352.026000", "074352.030000", "074352.034000", "074352.037000", "074352.042000", "074352.046000", "074352.049000", "074352.053000", "074352.079000", "074352.083000", "074352.086000", "074352.090000", "074352.094000", "074352.098000", "074352.102000", "074352.106000", "074352.110000", "074352.114000", "074352.118000", "074352.122000", "074352.126000", "074352.129000", "074352.133000", "074352.137000", "074352.141000", "074352.144000", "074352.148000", "074352.152000", "074352.156000", "074352.160000", "074352.164000", "074352.168000", "074352.172000", "074352.176000", "074432.017000", "074432.022000", "074432.026000", "074432.029000", "074432.033000", "074432.037000", "074432.041000", "074432.045000", "074432.049000", "074432.053000", "074432.058000", "074432.062000", "074432.084000", "074432.088000", "074432.092000", "074432.096000", "074432.100000", "074432.104000", "074432.108000", "074432.113000", "074432.117000", "074432.121000", "074432.125000", "074432.129000", "074432.133000", "074432.136000", "074432.141000", "074432.145000", "074432.149000", "074432.153000", "074432.157000", "074432.161000", "074432.165000", "074432.169000", "074508.363000", "074508.368000", "074508.372000", "074508.377000", "074508.381000", "074508.386000", "074508.390000", "074508.394000", "074508.398000", "074508.402000", "074508.406000", "074508.410000", "074508.414000", "074508.418000", "074508.422000", "074508.426000", "074508.430000", "074508.434000", "074508.438000", "074508.441000", "074508.446000", "074508.450000", "074508.453000", "074508.457000", "074508.462000", "074508.465000", "074508.469000", "074508.473000", "074508.477000", "074508.481000", "074508.485000", "074508.489000"], "InstanceCreationTime": ["073552.078000", "073552.083000", "073552.092000", "073552.096000", "073552.101000", "073552.105000", "073552.109000", "073552.113000", "073552.117000", "073552.122000", "073552.126000", "073552.135000", "073552.139000", "073552.143000", "073552.147000", "073552.151000", "073552.155000", "073552.159000", "073552.163000", "073552.167000", "073552.172000", "073552.176000", "073552.180000", "073552.184000", "073552.188000", "073552.192000", "073552.196000", "073552.200000", "073552.204000", "073552.208000", "073552.212000", "073552.216000", "073552.221000", "073552.225000", "073552.228000", "073612.015000", "073612.029000", "073612.034000", "073612.038000", "073612.043000", "073612.047000", "073612.051000", "073612.055000", "073612.060000", "073612.064000", "073612.068000", "073612.072000", "073612.079000", "073612.084000", "073612.088000", "073612.092000", "073612.096000", "073612.103000", "073612.107000", "073612.111000", "073652.016000", "073652.021000", "073652.025000", "073652.028000", "073652.032000", "073652.036000", "073652.040000", "073652.044000", "073652.048000", "073652.052000", "073652.057000", "073652.061000", "073652.065000", "073652.069000", "073652.074000", "073652.078000", "073652.082000", "073652.087000", "073652.091000", "073652.095000", "073652.100000", "073652.104000", "073652.108000", "073652.112000", "073652.117000", "073652.120000", "073652.125000", "073652.129000", "073652.133000", "073652.137000", "073652.141000", "073652.145000", "073652.154000", "073652.158000", "073652.162000", "073732.017000", "073732.025000", "073732.028000", "073732.032000", "073732.086000", "073732.090000", "073732.094000", "073732.098000", "073732.102000", "073732.107000", "073732.111000", "073732.115000", "073732.119000", "073732.123000", "073732.127000", "073732.131000", "073732.135000", "073732.140000", "073732.144000", "073732.148000", "073732.152000", "073732.157000", "073732.161000", "073732.165000", "073732.169000", "073732.174000", "073732.178000", "073732.182000", "073732.186000", "073732.194000", "073732.198000", "073732.201000", "073732.206000", "073732.210000", "073812.016000", "073812.025000", "073812.029000", "073812.033000", "073812.037000", "073812.041000", "073812.045000", "073812.049000", "073812.053000", "073812.057000", "073812.061000", "073812.065000", "073812.069000", "073812.073000", "073812.078000", "073812.082000", "073812.086000", "073812.090000", "073812.094000", "073812.098000", "073812.102000", "073812.106000", "073812.110000", "073812.114000", "073812.118000", "073812.122000", "073812.126000", "073812.130000", "073812.133000", "073812.138000", "073812.142000", "073812.146000", "073812.150000", "073812.154000", "073812.158000", "073852.016000", "073852.023000", "073852.028000", "073852.032000", "073852.036000", "073852.040000", "073852.044000", "073852.048000", "073852.052000", "073852.056000", "073852.071000", "073852.075000", "073852.079000", "073852.083000", "073852.088000", "073852.092000", "073852.096000", "073852.099000", "073852.104000", "073852.108000", "073852.112000", "073852.116000", "073852.120000", "073852.124000", "073852.129000", "073852.133000", "073852.137000", "073852.141000", "073852.145000", "073852.149000", "073852.154000", "073852.158000", "073852.161000", "073852.165000", "073932.016000", "073932.020000", "073932.024000", "073932.028000", "073932.032000", "073932.036000", "073932.041000", "073932.045000", "073932.049000", "073932.053000", "073932.057000", "073932.061000", "073932.070000", "073932.074000", "073932.078000", "073932.082000", "073932.086000", "073932.090000", "073932.094000", "073932.098000", "073932.102000", "073932.106000", "073932.111000", "073932.114000", "073932.119000", "073932.122000", "073932.127000", "073932.130000", "073932.134000", "073932.138000", "073932.155000", "073932.159000", "073932.163000", "073932.167000", "074012.016000", "074012.020000", "074012.024000", "074012.028000", "074012.032000", "074012.036000", "074012.040000", "074012.044000", "074012.048000", "074012.052000", "074012.062000", "074012.066000", "074012.070000", "074012.074000", "074012.078000", "074012.082000", "074012.086000", "074012.090000", "074012.094000", "074012.097000", "074012.102000", "074012.106000", "074012.110000", "074012.113000", "074012.118000", "074012.121000", "074012.125000", "074012.129000", "074012.133000", "074012.137000", "074012.142000", "074012.147000", "074012.152000", "074012.156000", "074012.160000", "074052.016000", "074052.021000", "074052.025000", "074052.029000", "074052.033000", "074052.037000", "074052.041000", "074052.046000", "074052.050000", "074052.053000", "074052.065000", "074052.069000", "074052.073000", "074052.077000", "074052.082000", "074052.085000", "074052.089000", "074052.093000", "074052.097000", "074052.101000", "074052.105000", "074052.109000", "074052.113000", "074052.117000", "074052.121000", "074052.138000", "074052.142000", "074052.146000", "074052.149000", "074052.153000", "074052.158000", "074052.162000", "074052.165000", "074052.169000", "074132.016000", "074132.021000", "074132.024000", "074132.028000", "074132.036000", "074132.039000", "074132.043000", "074132.047000", "074132.052000", "074132.057000", "074132.061000", "074132.065000", "074132.069000", "074132.073000", "074132.077000", "074132.081000", "074132.085000", "074132.089000", "074132.093000", "074132.097000", "074132.101000", "074132.105000", "074132.109000", "074132.113000", "074132.117000", "074132.121000", "074132.125000", "074132.129000", "074132.133000", "074132.137000", "074132.141000", "074132.144000", "074132.149000", "074132.153000", "074132.156000", "074212.017000", "074212.022000", "074212.026000", "074212.030000", "074212.034000", "074212.152000", "074212.156000", "074212.164000", "074212.168000", "074212.172000", "074212.176000", "074212.180000", "074212.184000", "074212.188000", "074212.192000", "074212.196000", "074212.200000", "074212.204000", "074212.208000", "074212.212000", "074212.215000", "074212.219000", "074212.223000", "074212.227000", "074212.231000", "074212.235000", "074212.239000", "074212.243000", "074212.246000", "074212.252000", "074212.255000", "074212.259000", "074212.263000", "074212.267000", "074252.017000", "074252.022000", "074252.026000", "074252.030000", "074252.034000", "074252.038000", "074252.042000", "074252.046000", "074252.050000", "074252.067000", "074252.070000", "074252.075000", "074252.079000", "074252.083000", "074252.087000", "074252.091000", "074252.095000", "074252.099000", "074252.103000", "074252.107000", "074252.111000", "074252.115000", "074252.119000", "074252.123000", "074252.127000", "074252.131000", "074252.135000", "074252.139000", "074252.143000", "074252.147000", "074252.151000", "074252.155000", "074252.159000", "074252.163000", "074252.167000", "074312.017000", "074312.021000", "074312.025000", "074312.029000", "074312.038000", "074312.042000", "074312.046000", "074312.050000", "074312.054000", "074312.059000", "074312.063000", "074312.072000", "074312.076000", "074312.080000", "074312.084000", "074312.088000", "074312.092000", "074352.016000", "074352.026000", "074352.030000", "074352.034000", "074352.037000", "074352.042000", "074352.046000", "074352.049000", "074352.053000", "074352.079000", "074352.083000", "074352.086000", "074352.090000", "074352.094000", "074352.098000", "074352.102000", "074352.106000", "074352.110000", "074352.114000", "074352.118000", "074352.122000", "074352.126000", "074352.129000", "074352.133000", "074352.137000", "074352.141000", "074352.144000", "074352.148000", "074352.152000", "074352.156000", "074352.160000", "074352.164000", "074352.168000", "074352.172000", "074352.176000", "074432.017000", "074432.022000", "074432.026000", "074432.029000", "074432.033000", "074432.037000", "074432.041000", "074432.045000", "074432.049000", "074432.053000", "074432.058000", "074432.062000", "074432.084000", "074432.088000", "074432.092000", "074432.096000", "074432.100000", "074432.104000", "074432.108000", "074432.113000", "074432.117000", "074432.121000", "074432.125000", "074432.129000", "074432.133000", "074432.136000", "074432.141000", "074432.145000", "074432.149000", "074432.153000", "074432.157000", "074432.161000", "074432.165000", "074432.169000", "074508.363000", "074508.368000", "074508.372000", "074508.377000", "074508.381000", "074508.386000", "074508.390000", "074508.394000", "074508.398000", "074508.402000", "074508.406000", "074508.410000", "074508.414000", "074508.418000", "074508.422000", "074508.426000", "074508.430000", "074508.434000", "074508.438000", "074508.441000", "074508.446000", "074508.450000", "074508.453000", "074508.457000", "074508.462000", "074508.465000", "074508.469000", "074508.473000", "074508.477000", "074508.481000", "074508.485000", "074508.489000"], "InstanceNumber": [1, 2, 3, 4, 5, 6, 7, 8, 9, 10, 11, 12, 13, 14, 15, 16, 17, 18, 19, 20, 21, 22, 23, 24, 25, 26, 27, 28, 29, 30, 31, 32, 33, 34, 35, 36, 37, 38, 39, 40, 41, 42, 43, 44, 45, 46, 47, 48, 49, 50, 51, 52, 53, 54, 55, 56, 57, 58, 59, 60, 61, 62, 63, 64, 65, 66, 67, 68, 69, 70, 71, 72, 73, 74, 75, 76, 77, 78, 79, 80, 81, 82, 83, 84, 85, 86, 87, 88, 89, 90, 91, 92, 93, 94, 95, 96, 97, 98, 99, 100, 101, 102, 103, 104, 105, 106, 107, 108, 109, 110, 111, 112, 113, 114, 115, 116, 117, 118, 119, 120, 121, 122, 123, 124, 125, 126, 127, 128, 129, 130, 131, 132, 133, 134, 135, 136, 137, 138, 139, 140, 141, 142, 143, 144, 145, 146, 147, 148, 149, 150, 151, 152, 153, 154, 155, 156, 157, 158, 159, 160, 161, 162, 163, 164, 165, 166, 167, 168, 169, 170, 171, 172, 173, 174, 175, 176, 177, 178, 179, 180, 181, 182, 183, 184, 185, 186, 187, 188, 189, 190, 191, 192, 193, 194, 195, 196, 197, 198, 199, 200, 201, 202, 203, 204, 205, 206, 207, 208, 209, 210, 211, 212, 213, 214, 215, 216, 217, 218, 219, 220, 221, 222, 223, 224, 225, 226, 227, 228, 229, 230, 231, 232, 233, 234, 235, 236, 237, 238, 239, 240, 241, 242, 243, 244, 245, 246, 247, 248, 249, 250, 251, 252, 253, 254, 255, 256, 257, 258, 259, 260, 261, 262, 263, 264, 265, 266, 267, 268, 269, 270, 271, 272, 273, 274, 275, 276, 277, 278, 279, 280, 281, 282, 283, 284, 285, 286, 287, 288, 289, 290, 291, 292, 293, 294, 295, 296, 297, 298, 299, 300, 301, 302, 303, 304, 305, 306, 307, 308, 309, 310, 311, 312, 313, 314, 315, 316, 317, 318, 319, 320, 321, 322, 323, 324, 325, 326, 327, 328, 329, 330, 331, 332, 333, 334, 335, 336, 337, 338, 339, 340, 341, 342, 343, 344, 345, 346, 347, 348, 349, 350, 351, 352, 353, 354, 355, 356, 357, 358, 359, 360, 361, 362, 363, 364, 365, 366, 367, 368, 369, 370, 371, 372, 373, 374, 375, 376, 377, 378, 379, 380, 381, 382, 383, 384, 385, 386, 387, 388, 389, 390, 391, 392, 393, 394, 395, 396, 397, 398, 399, 400, 401, 402, 403, 404, 405, 406, 407, 408, 409, 410, 411, 412, 413, 414, 415, 416, 417, 418, 419, 420, 421, 422, 423, 424, 425, 426, 427, 428, 429, 430, 431, 432, 433, 434, 435, 436, 437, 438, 439, 440, 441, 442, 443, 444, 445, 446, 447, 448, 449, 450, 451, 452, 453, 454, 455, 456, 457, 458, 459, 460, 461, 462, 463, 464, 465, 466, 467, 468, 469, 470, 471, 472, 473, 474, 475, 476, 477, 478, 479, 480, 481, 482, 483, 484, 485, 486, 487, 488, 489, 490, 491, 492, 493, 494, 495, 496, 497, 498, 499, 500, 501, 502, 503, 504, 505, 506, 507, 508, 509, 510, 511, 512, 513, 514, 515, 516, 517, 518], "LargestImagePixelValue": [41223, 34240, 38282, 31024, 34243, 30654, 30656, 34703, 37222, 41981, 30723, 33944, 31734, 33059, 40428, 34673, 40241, 34668, 31611, 30791, 36150, 30536, 32824, 40051, 36265, 39869, 48397, 39616, 38184, 30846, 32951, 34848, 31510, 31037, 35862, 40444, 34433, 37647, 31889, 39334, 32569, 32799, 47246, 32992, 44298, 33847, 37144, 30821, 41460, 33420, 46106, 32898, 32235, 33305, 51070, 39940, 40413, 43539, 42372, 32588, 30976, 46140, 33979, 36841, 32164, 38962, 30532, 41590, 33406, 38890, 34448, 45254, 31114, 45693, 33190, 44646, 33464, 40891, 39363, 33023, 40300, 38967, 45489, 30601, 45969, 32656, 42183, 31620, 33295, 35350, 34690, 35558, 36698, 34098, 35083, 45906, 30305, 32404, 30190, 44856, 34273, 30695, 33853, 32183, 38985, 41962, 39688, 40424, 49230, 33035, 46503, 32727, 36481, 45405, 31057, 40564, 35797, 41476, 32490, 41273, 38562, 48950, 30203, 38642, 35089, 33533, 31760, 30593, 30212, 31195, 44303, 36869, 37214, 30181, 32604, 39169, 33723, 47234, 35192, 38412, 34291, 44515, 33636, 41001, 36618, 41878, 39722, 38085, 32511, 34233, 34627, 31249, 37796, 35538, 30556, 31867, 40130, 31101, 38222, 34560, 30335, 31174, 32436, 36697, 46283, 34498, 43056, 38718, 38779, 39172, 44052, 32453, 36282, 37959, 36919, 32682, 39774, 31857, 44855, 31594, 43836, 38094, 40034, 36474, 36798, 30689, 47676, 34796, 34849, 36477, 33267, 44296, 37372, 37362, 39749, 38365, 31101, 32254, 35338, 30354, 35323, 31453, 39419, 35892, 46005, 32324, 45411, 38138, 37739, 31236, 38081, 37466, 45948, 31406, 34117, 30420, 32973, 36890, 37716, 30897, 33637, 31065, 32784, 30125, 38114, 30606, 47517, 35052, 33018, 49082, 34640, 46661, 40223, 45867, 38673, 40048, 37478, 37699, 42427, 38618, 32852, 34184, 31545, 32194, 32519, 33773, 34700, 42265, 30846, 30944, 45115, 31481, 43310, 32009, 34102, 32978, 45033, 32502, 44749, 36136, 46094, 32467, 43434, 35575, 38384, 37829, 39882, 34614, 33591, 33193, 32264, 34186, 32553, 44284, 36391, 36496, 37222, 33874, 33091, 40164, 40969, 35562, 38341, 34842, 35439, 32227, 39686, 42164, 35060, 42064, 41733, 33691, 42591, 30255, 40425, 34383, 32419, 46564, 39532, 43629, 35431, 33217, 45706, 32470, 41322, 37775, 35668, 34523, 30316, 40549, 38103, 30239, 31499, 30170, 32356, 30235, 44933, 34905, 35033, 42217, 35791, 34099, 35064, 33433, 44380, 34799, 32644, 33803, 31807, 38978, 34973, 44198, 30902, 42532, 35248, 34177, 42437, 35233, 40790, 33177, 49382, 39199, 45852, 33452, 39900, 38504, 41165, 38559, 36954, 35523, 34114, 48378, 35379, 42784, 38322, 40569, 41578, 34157, 30527, 30666, 45624, 33653, 41430, 34240, 31923, 35248, 32930, 41389, 30702, 37426, 32899, 32379, 48551, 41563, 42254, 33959, 39785, 35982, 37479, 39911, 31484, 44313, 38491, 42419, 30590, 30476, 31000, 30394, 36096, 31585, 40231, 34969, 42908, 33383, 41297, 36032, 36776, 38720, 33907, 31310, 34402, 48736, 35021, 44989, 30350, 42909, 41428, 32131, 31314, 38127, 32524, 36340, 34418, 39974, 40461, 38744, 40303, 42973, 34534, 38915, 35798, 33552, 31808, 30395, 37338, 36969, 41355, 30192, 38027, 32187, 32707, 43532, 35524, 43280, 44729, 37436, 32069, 46548, 41107, 37861, 37662, 37633, 30433, 30237, 43265, 36858, 34664, 42024, 35069, 39290, 43929, 38781, 32598, 30437, 30884, 34745, 34600, 42014, 35205, 31867, 38769, 32877, 42777, 34205, 31988, 30736, 32784, 39942, 37472, 42229, 36544, 36539, 38199, 44538, 47232, 40143, 33963, 33534, 32248, 34450, 32628, 46177, 39576, 44655, 34336, 31335, 46299, 30237, 38344, 30608, 30255, 33719, 33676, 33733, 44697, 34068, 43096, 34875, 48119, 38157, 49786, 31036, 46761, 31965, 41345, 31278, 42507, 30346, 41045, 32821, 30450, 35904, 34883, 37715, 36715, 41959, 36884, 42090], "WindowCenter": [11246.0, 11198.0, 11192.0, 11172.0, 11182.0, 11173.0, 11174.0, 11186.0, 11189.0, 11199.0, 11171.0, 11182.0, 11176.0, 11183.0, 11200.0, 11190.0, 11203.0, 11181.0, 11178.0, 11184.0, 11205.0, 11189.0, 11196.0, 11206.0, 11190.0, 11195.0, 11202.0, 11185.0, 11177.0, 11151.0, 11165.0, 11172.0, 11167.0, 11170.0, 11178.0, 11186.0, 11175.0, 11198.0, 11183.0, 11205.0, 11176.0, 11167.0, 11197.0, 11166.0, 11202.0, 11181.0, 11203.0, 11183.0, 11207.0, 11191.0, 11226.0, 11189.0, 11186.0, 11178.0, 11211.0, 11186.0, 11186.0, 11189.0, 11178.0, 11149.0, 11138.0, 11176.0, 11151.0, 11167.0, 11165.0, 11187.0, 11163.0, 11203.0, 11180.0, 11194.0, 11187.0, 11212.0, 11181.0, 11212.0, 11180.0, 11202.0, 11178.0, 11199.0, 11199.0, 11177.0, 11189.0, 11185.0, 11195.0, 11158.0, 11198.0, 11164.0, 11187.0, 11161.0, 11172.0, 11181.0, 11176.0, 11183.0, 11192.0, 11179.0, 11191.0, 11214.0, 11178.0, 11192.0, 11180.0, 11216.0, 11195.0, 11180.0, 11196.0, 11188.0, 11203.0, 11209.0, 11204.0, 11199.0, 11215.0, 11174.0, 11201.0, 11167.0, 11179.0, 11202.0, 11166.0, 11185.0, 11166.0, 11177.0, 11154.0, 11178.0, 11168.0, 11187.0, 11142.0, 11170.0, 11164.0, 11164.0, 11160.0, 11159.0, 11166.0, 11169.0, 11203.0, 11191.0, 11189.0, 11170.0, 11185.0, 11193.0, 11177.0, 11217.0, 11187.0, 11196.0, 11192.0, 11217.0, 11190.0, 11210.0, 11203.0, 11211.0, 11196.0, 11190.0, 11172.0, 11168.0, 11171.0, 11169.0, 11186.0, 11180.0, 11168.0, 11170.0, 11192.0, 11164.0, 11194.0, 11184.0, 11170.0, 11173.0, 11174.0, 11182.0, 11200.0, 11169.0, 11187.0, 11173.0, 11178.0, 11179.0, 11191.0, 11170.0, 11183.0, 11191.0, 11187.0, 11184.0, 11207.0, 11186.0, 11214.0, 11177.0, 11206.0, 11185.0, 11183.0, 11175.0, 11188.0, 11174.0, 11217.0, 11187.0, 11183.0, 11182.0, 11172.0, 11201.0, 11188.0, 11195.0, 11193.0, 11186.0, 11172.0, 11171.0, 11174.0, 11162.0, 11185.0, 11178.0, 11211.0, 11192.0, 11216.0, 11177.0, 11203.0, 11181.0, 11175.0, 11158.0, 11179.0, 11178.0, 11195.0, 11164.0, 11170.0, 11152.0, 11167.0, 11184.0, 11182.0, 11165.0, 11172.0, 11166.0, 11170.0, 11166.0, 11208.0, 11189.0, 11228.0, 11197.0, 11178.0, 11214.0, 11187.0, 11210.0, 11202.0, 11209.0, 11187.0, 11184.0, 11176.0, 11178.0, 11187.0, 11173.0, 11152.0, 11153.0, 11141.0, 11149.0, 11152.0, 11165.0, 11174.0, 11189.0, 11156.0, 11156.0, 11191.0, 11156.0, 11197.0, 11169.0, 11184.0, 11182.0, 11213.0, 11181.0, 11222.0, 11195.0, 11210.0, 11177.0, 11202.0, 11186.0, 11195.0, 11198.0, 11199.0, 11186.0, 11178.0, 11179.0, 11173.0, 11184.0, 11183.0, 11219.0, 11205.0, 11208.0, 11212.0, 11201.0, 11193.0, 11205.0, 11205.0, 11189.0, 11195.0, 11196.0, 11195.0, 11182.0, 11206.0, 11202.0, 11179.0, 11190.0, 11178.0, 11161.0, 11192.0, 11169.0, 11202.0, 11189.0, 11174.0, 11208.0, 11198.0, 11200.0, 11181.0, 11169.0, 11194.0, 11160.0, 11186.0, 11182.0, 11171.0, 11162.0, 11151.0, 11182.0, 11175.0, 11148.0, 11160.0, 11165.0, 11186.0, 11179.0, 11214.0, 11192.0, 11179.0, 11195.0, 11183.0, 11185.0, 11188.0, 11184.0, 11211.0, 11187.0, 11175.0, 11179.0, 11177.0, 11201.0, 11192.0, 11212.0, 11176.0, 11206.0, 11184.0, 11174.0, 11200.0, 11185.0, 11196.0, 11176.0, 11209.0, 11182.0, 11201.0, 11182.0, 11198.0, 11196.0, 11194.0, 11181.0, 11177.0, 11172.0, 11172.0, 11206.0, 11176.0, 11193.0, 11185.0, 11190.0, 11187.0, 11161.0, 11149.0, 11146.0, 11194.0, 11163.0, 11193.0, 11180.0, 11173.0, 11184.0, 11183.0, 11205.0, 11184.0, 11211.0, 11194.0, 11182.0, 11221.0, 11205.0, 11204.0, 11183.0, 11200.0, 11186.0, 11183.0, 11183.0, 11157.0, 11196.0, 11181.0, 11188.0, 11147.0, 11151.0, 11164.0, 11171.0, 11196.0, 11194.0, 11226.0, 11209.0, 11220.0, 11191.0, 11204.0, 11189.0, 11191.0, 11197.0, 11181.0, 11170.0, 11173.0, 11202.0, 11178.0, 11196.0, 11159.0, 11193.0, 11189.0, 11157.0, 11165.0, 11186.0, 11178.0, 11194.0, 11187.0, 11195.0, 11195.0, 11187.0, 11195.0, 11192.0, 11173.0, 11187.0, 11177.0, 11170.0, 11156.0, 11159.0, 11186.0, 11186.0, 11204.0, 11175.0, 11209.0, 11201.0, 11197.0, 11221.0, 11202.0, 11211.0, 11206.0, 11188.0, 11164.0, 11198.0, 11188.0, 11180.0, 11184.0, 11184.0, 11168.0, 11157.0, 11193.0, 11179.0, 11171.0, 11185.0, 11167.0, 11177.0, 11179.0, 11169.0, 11152.0, 11155.0, 11166.0, 11176.0, 11180.0, 11198.0, 11182.0, 11174.0, 11192.0, 11182.0, 11212.0, 11195.0, 11197.0, 11189.0, 11200.0, 11221.0, 11213.0, 11221.0, 11209.0, 11206.0, 11212.0, 11220.0, 11214.0, 11193.0, 11170.0, 11164.0, 11160.0, 11173.0, 11173.0, 11209.0, 11185.0, 11190.0, 11163.0, 11146.0, 11186.0, 11147.0, 11188.0, 11175.0, 11176.0, 11191.0, 11186.0, 11184.0, 11210.0, 11184.0, 11208.0, 11187.0, 11211.0, 11185.0, 11200.0, 11153.0, 11193.0, 11151.0, 11178.0, 11152.0, 11188.0, 11156.0, 11194.0, 11178.0, 11167.0, 11190.0, 11189.0, 11190.0, 11190.0, 11204.0, 11192.0, 11202.0], "WindowWidth": [24280.0, 24138.0, 24116.0, 24063.0, 24086.0, 24058.0, 24064.0, 24098.0, 24103.0, 24131.0, 24057.0, 24084.0, 24071.0, 24087.0, 24132.0, 24103.0, 24140.0, 24084.0, 24075.0, 24091.0, 24145.0, 24105.0, 24121.0, 24151.0, 24105.0, 24118.0, 24137.0, 24091.0, 24070.0, 24002.0, 24038.0, 24057.0, 24043.0, 24052.0, 24071.0, 24095.0, 24066.0, 24129.0, 24086.0, 24145.0, 24069.0, 24042.0, 24123.0, 24042.0, 24138.0, 24081.0, 24139.0, 24082.0, 24153.0, 24108.0, 24202.0, 24100.0, 24093.0, 24072.0, 24161.0, 24093.0, 24093.0, 24100.0, 24067.0, 23993.0, 23964.0, 24064.0, 23998.0, 24042.0, 24038.0, 24093.0, 24030.0, 24135.0, 24073.0, 24111.0, 24091.0, 24158.0, 24076.0, 24158.0, 24067.0, 24130.0, 24066.0, 24120.0, 24121.0, 24063.0, 24093.0, 24083.0, 24109.0, 24012.0, 24117.0, 24026.0, 24087.0, 24018.0, 24048.0, 24073.0, 24059.0, 24076.0, 24102.0, 24068.0, 24101.0, 24163.0, 24066.0, 24103.0, 24070.0, 24167.0, 24107.0, 24069.0, 24113.0, 24093.0, 24131.0, 24146.0, 24136.0, 24118.0, 24161.0, 24051.0, 24125.0, 24034.0, 24067.0, 24129.0, 24031.0, 24083.0, 24033.0, 24061.0, 23999.0, 24067.0, 24037.0, 24088.0, 23968.0, 24044.0, 24030.0, 24028.0, 24018.0, 24015.0, 24034.0, 24041.0, 24132.0, 24101.0, 24092.0, 24045.0, 24084.0, 24104.0, 24061.0, 24169.0, 24089.0, 24113.0, 24102.0, 24169.0, 24097.0, 24151.0, 24132.0, 24152.0, 24112.0, 24096.0, 24050.0, 24037.0, 24047.0, 24041.0, 24087.0, 24068.0, 24039.0, 24043.0, 24101.0, 24026.0, 24108.0, 24079.0, 24042.0, 24052.0, 24055.0, 24075.0, 24124.0, 24039.0, 24089.0, 24051.0, 24065.0, 24066.0, 24096.0, 24044.0, 24077.0, 24098.0, 24089.0, 24081.0, 24145.0, 24088.0, 24160.0, 24060.0, 24140.0, 24083.0, 24077.0, 24057.0, 24094.0, 24056.0, 24168.0, 24087.0, 24077.0, 24074.0, 24046.0, 24124.0, 24091.0, 24110.0, 24105.0, 24081.0, 24050.0, 24043.0, 24053.0, 24020.0, 24082.0, 24065.0, 24154.0, 24099.0, 24163.0, 24059.0, 24129.0, 24074.0, 24055.0, 24011.0, 24064.0, 24065.0, 24106.0, 24025.0, 24041.0, 23995.0, 24034.0, 24079.0, 24073.0, 24030.0, 24048.0, 24032.0, 24041.0, 24034.0, 24145.0, 24093.0, 24198.0, 24114.0, 24061.0, 24155.0, 24088.0, 24150.0, 24124.0, 24145.0, 24086.0, 24078.0, 24058.0, 24061.0, 24084.0, 24045.0, 23993.0, 23994.0, 23965.0, 23985.0, 23992.0, 24026.0, 24054.0, 24089.0, 24003.0, 24002.0, 24094.0, 24001.0, 24115.0, 24038.0, 24078.0, 24071.0, 24153.0, 24066.0, 24180.0, 24105.0, 24146.0, 24057.0, 24126.0, 24083.0, 24107.0, 24115.0, 24116.0, 24083.0, 24059.0, 24063.0, 24047.0, 24074.0, 24072.0, 24170.0, 24132.0, 24141.0, 24149.0, 24120.0, 24098.0, 24129.0, 24132.0, 24092.0, 24104.0, 24108.0, 24104.0, 24070.0, 24134.0, 24123.0, 24060.0, 24091.0, 24059.0, 24013.0, 24099.0, 24035.0, 24124.0, 24090.0, 24047.0, 24140.0, 24114.0, 24116.0, 24067.0, 24034.0, 24101.0, 24010.0, 24082.0, 24071.0, 24043.0, 24015.0, 23985.0, 24069.0, 24051.0, 23980.0, 24014.0, 24026.0, 24085.0, 24061.0, 24158.0, 24097.0, 24060.0, 24106.0, 24075.0, 24080.0, 24086.0, 24073.0, 24151.0, 24085.0, 24052.0, 24063.0, 24057.0, 24123.0, 24097.0, 24151.0, 24053.0, 24135.0, 24075.0, 24048.0, 24118.0, 24079.0, 24108.0, 24053.0, 24142.0, 24070.0, 24123.0, 24070.0, 24113.0, 24106.0, 24101.0, 24068.0, 24053.0, 24041.0, 24041.0, 24137.0, 24054.0, 24099.0, 24078.0, 24091.0, 24082.0, 24011.0, 23984.0, 23973.0, 24105.0, 24020.0, 24102.0, 24065.0, 24046.0, 24076.0, 24073.0, 24132.0, 24076.0, 24147.0, 24101.0, 24069.0, 24174.0, 24133.0, 24129.0, 24069.0, 24118.0, 24080.0, 24072.0, 24071.0, 24001.0, 24106.0, 24065.0, 24085.0, 23977.0, 23987.0, 24024.0, 24040.0, 24108.0, 24103.0, 24188.0, 24139.0, 24171.0, 24091.0, 24128.0, 24091.0, 24095.0, 24108.0, 24066.0, 24039.0, 24045.0, 24122.0, 24057.0, 24106.0, 24007.0, 24100.0, 24087.0, 24005.0, 24027.0, 24079.0, 24060.0, 24100.0, 24084.0, 24103.0, 24103.0, 24081.0, 24105.0, 24094.0, 24042.0, 24081.0, 24055.0, 24039.0, 24001.0, 24006.0, 24078.0, 24077.0, 24130.0, 24050.0, 24141.0, 24120.0, 24107.0, 24173.0, 24123.0, 24145.0, 24131.0, 24084.0, 24018.0, 24111.0, 24083.0, 24063.0, 24072.0, 24071.0, 24034.0, 24001.0, 24096.0, 24061.0, 24036.0, 24074.0, 24024.0, 24053.0, 24059.0, 24032.0, 23989.0, 23999.0, 24027.0, 24050.0, 24060.0, 24111.0, 24068.0, 24047.0, 24094.0, 24066.0, 24148.0, 24104.0, 24110.0, 24088.0, 24114.0, 24172.0, 24149.0, 24174.0, 24140.0, 24132.0, 24148.0, 24168.0, 24153.0, 24094.0, 24034.0, 24019.0, 24009.0, 24045.0, 24042.0, 24144.0, 24074.0, 24086.0, 24017.0, 23972.0, 24078.0, 23977.0, 24085.0, 24051.0, 24053.0, 24090.0, 24079.0, 24071.0, 24144.0, 24071.0, 24136.0, 24078.0, 24143.0, 24071.0, 24113.0, 23987.0, 24095.0, 23983.0, 24055.0, 23985.0, 24082.0, 23997.0, 24100.0, 24054.0, 24024.0, 24083.0, 24086.0, 24086.0, 24087.0, 24126.0, 24093.0, 24118.0]}, "slices": {}}}