{"AcquisitionMatrixPE": 96, "AcquisitionNumber": 1, "AcquisitionTime": "17:17:34.672500", "BandwidthPerPixelPhaseEncode": 33.602, "BaseResolution": 96, "BodyPartExamined": "BRAIN", "ConsistencyInfo": "N4_VD11D_LATEST_20110129", "ConversionSoftware": "dcm2niix", "ConversionSoftwareVersion": "v1.0.20210317", "DerivedVendorReportedEchoSpacing": 0.000620003, "DeviceSerialNumber": "45239", "DwellTime": 2.6e-06, "EchoTime": 0.03, "EchoTrainLength": 48, "EffectiveEchoSpacing": 0.000310001, "FlipAngle": 63, "ImageComments": "Unaliased MB4/PE3", "ImageOrientationPatientDICOM": [0.999916, 0.00999398, 0.00825644, -0.00433514, 0.85803, -0.513582], "ImageType": ["ORIGINAL", "PRIMARY", "M", "ND", "NORM", "MOSAIC"], "ImagingFrequency": 123.193, "InPlanePhaseEncodingDirectionDICOM": "COL", "InstitutionAddress": "E 24th St. 100,Austin,Southmiddle,US,78712", "InstitutionName": "Univ of Texas at Austin", "InstitutionalDepartmentName": "IRC", "MRAcquisitionType": "2D", "MagneticFieldStrength": 3, "Manufacturer": "Siemens", "ManufacturersModelName": "Skyra", "Modality": "MR", "MultibandAccelerationFactor": 4, "ParallelReductionFactorInPlane": 2, "PartialFourier": 1, "PatientPosition": "HFS", "PercentPhaseFOV": 100, "PercentSampling": 100, "PhaseEncodingDirection": "j-", "PhaseEncodingSteps": 96, "PhaseResolution": 1, "PixelBandwidth": 2005, "ProcedureStepDescription": "Poldrack2^self-scanning", "ProtocolName": "Resting State fMRI MBEPI_matrix96_BW2004", "PulseSequenceDetails": "%CustomerSeq%\\cmrr_mbep2d_bold", "ReceiveCoilActiveElements": "HEA;HEP", "ReceiveCoilName": "Head_32", "ReconMatrixPE": 96, "RefLinesPE": 94, "RepetitionTime": 1.16, "SAR": 0.108445, "ScanOptions": "FS", "ScanningSequence": "EP", "SequenceName": "epfid2d1_96", "SequenceVariant": "SK", "SeriesDescription": "Resting State fMRI MBEPI_matrix96_BW2004", "SeriesNumber": 11, "ShimSetting": [-2779, 8012, -15419, 165, -169, -39, 230, -106], "SliceThickness": 2, "SliceTiming": [0, 0.615, 0.0675, 0.6825, 0.1375, 0.75, 0.205, 0.8175, 0.2725, 0.8875, 0.34, 0.955, 0.41, 1.0225, 0.4775, 1.0925, 0.545, 0, 0.615, 0.0675, 0.6825, 0.1375, 0.75, 0.205, 0.8175, 0.2725, 0.8875, 0.34, 0.955, 0.41, 1.0225, 0.4775, 1.0925, 0.545, 0, 0.615, 0.0675, 0.6825, 0.1375, 0.75, 0.205, 0.8175, 0.2725, 0.8875, 0.34, 0.955, 0.41, 1.0225, 0.4775, 1.0925, 0.545, 0, 0.615, 0.0675, 0.6825, 0.1375, 0.75, 0.205, 0.8175, 0.2725, 0.8875, 0.34, 0.955, 0.41, 1.0225, 0.4775, 1.0925, 0.545], "SoftwareVersions": "syngo MR D11", "SpacingBetweenSlices": 2.4, "StationName": "AWP45239", "TaskName": "Resting fmri", "TotalReadoutTime": 0.0294501, "TxRefAmp": 350.098, "WipMemBlock": "b7b8eefc-b313-44eb-ac8f-0670f5204167||Sequence: VD11D r154; May 23 2012 22:27:19 by eja", "dcmmeta_affine": [[-2.395632028579712, -0.0103862714022398, 0.02932080253958702, 114.07849884033203], [-0.02394391968846321, 2.0556960105895996, -1.2324069738388062, -68.59464263916016], [0.01978105865418911, 1.2304564714431763, 2.059201955795288, -74.92156219482422], [0.0, 0.0, 0.0, 1.0]], "dcmmeta_reorient_transform": [[0.0, -1.0, 0.0, 95.0], [1.0, 0.0, 0.0, 0.0], [0.0, 0.0, 1.0, 0.0], [0.0, 0.0, 0.0, 1.0]], "dcmmeta_shape": [96, 96, 68, 518], "dcmmeta_slice_dim": 2, "dcmmeta_version": 0.6, "global": {"const": {"AcquisitionMatrix": [96, 0, 0, 96], "AngioFlag": "N", "BitsAllocated": 16, "BitsStored": 16, "BodyPartExamined": "BRAIN", "Columns": 864, "EchoNumbers": 1, "EchoTime": 30.0, "EchoTrainLength": 48, "FlipAngle": 63.0, "HighBit": 15, "ImageOrientationPatient": [0.99991597219065, 0.00999398398281, 0.00825644246444, -0.0043351396346, 0.85802964395436, -0.5135818694813], "ImagePositionPatient": [-1029.0261365987, -925.27818533713, 506.87118415022], "ImageType": ["ORIGINAL", "PRIMARY", "M", "ND", "NORM", "MOSAIC"], "ImagedNucleus": "1H", "ImagingFrequency": 123.193472, "InPlanePhaseEncodingDirection": "COL", "MRAcquisitionType": "2D", "MagneticFieldStrength": 3.0, "Manufacturer": "SIEMENS", "ManufacturerModelName": "Skyra", "Modality": "MR", "NumberOfAverages": 1.0, "NumberOfPhaseEncodingSteps": 96, "PercentPhaseFieldOfView": 100.0, "PercentSampling": 100.0, "PerformedProcedureStepStartTime": "170338.906000", "PhotometricInterpretation": "MONOCHROME2", "PixelBandwidth": 2005.0, "PixelRepresentation": 0, "PixelSpacing": [2.3958332538605, 2.3958332538605], "ProtocolName": "Resting State fMRI MBEPI_matrix96_BW2004", "RepetitionTime": 1160.0, "Rows": 864, "SAR": 0.10844487635944, "SamplesPerPixel": 1, "ScanOptions": "FS", "ScanningSequence": "EP", "SequenceName": "epfid2d1_96", "SequenceVariant": "SK", "SeriesDescription": "Resting State fMRI MBEPI_matrix96_BW2004", "SeriesNumber": 11, "SeriesTime": "171821.921000", "SliceLocation": -27.665520201737, "SliceThickness": 2.0, "SmallestImagePixelValue": 0, "SoftwareVersions": "syngo MR D11", "SpacingBetweenSlices": 2.3999999443083, "SpecificCharacterSet": "ISO_IR 100", "StudyID": "1", "StudyTime": "170338.875000", "TransmitCoilName": "Body", "VariableFlipAngleFlag": "N", "WindowCenterWidthExplanation": "Algo1", "dBdt": 0.0}, "slices": {}}, "time": {"samples": {"AcquisitionNumber": [1, 2, 3, 4, 5, 6, 7, 8, 9, 10, 11, 12, 13, 14, 15, 16, 17, 18, 19, 20, 21, 22, 23, 24, 25, 26, 27, 28, 29, 30, 31, 32, 33, 34, 35, 36, 37, 38, 39, 40, 41, 42, 43, 44, 45, 46, 47, 48, 49, 50, 51, 52, 53, 54, 55, 56, 57, 58, 59, 60, 61, 62, 63, 64, 65, 66, 67, 68, 69, 70, 71, 72, 73, 74, 75, 76, 77, 78, 79, 80, 81, 82, 83, 84, 85, 86, 87, 88, 89, 90, 91, 92, 93, 94, 95, 96, 97, 98, 99, 100, 101, 102, 103, 104, 105, 106, 107, 108, 109, 110, 111, 112, 113, 114, 115, 116, 117, 118, 119, 120, 121, 122, 123, 124, 125, 126, 127, 128, 129, 130, 131, 132, 133, 134, 135, 136, 137, 138, 139, 140, 141, 142, 143, 144, 145, 146, 147, 148, 149, 150, 151, 152, 153, 154, 155, 156, 157, 158, 159, 160, 161, 162, 163, 164, 165, 166, 167, 168, 169, 170, 171, 172, 173, 174, 175, 176, 177, 178, 179, 180, 181, 182, 183, 184, 185, 186, 187, 188, 189, 190, 191, 192, 193, 194, 195, 196, 197, 198, 199, 200, 201, 202, 203, 204, 205, 206, 207, 208, 209, 210, 211, 212, 213, 214, 215, 216, 217, 218, 219, 220, 221, 222, 223, 224, 225, 226, 227, 228, 229, 230, 231, 232, 233, 234, 235, 236, 237, 238, 239, 240, 241, 242, 243, 244, 245, 246, 247, 248, 249, 250, 251, 252, 253, 254, 255, 256, 257, 258, 259, 260, 261, 262, 263, 264, 265, 266, 267, 268, 269, 270, 271, 272, 273, 274, 275, 276, 277, 278, 279, 280, 281, 282, 283, 284, 285, 286, 287, 288, 289, 290, 291, 292, 293, 294, 295, 296, 297, 298, 299, 300, 301, 302, 303, 304, 305, 306, 307, 308, 309, 310, 311, 312, 313, 314, 315, 316, 317, 318, 319, 320, 321, 322, 323, 324, 325, 326, 327, 328, 329, 330, 331, 332, 333, 334, 335, 336, 337, 338, 339, 340, 341, 342, 343, 344, 345, 346, 347, 348, 349, 350, 351, 352, 353, 354, 355, 356, 357, 358, 359, 360, 361, 362, 363, 364, 365, 366, 367, 368, 369, 370, 371, 372, 373, 374, 375, 376, 377, 378, 379, 380, 381, 382, 383, 384, 385, 386, 387, 388, 389, 390, 391, 392, 393, 394, 395, 396, 397, 398, 399, 400, 401, 402, 403, 404, 405, 406, 407, 408, 409, 410, 411, 412, 413, 414, 415, 416, 417, 418, 419, 420, 421, 422, 423, 424, 425, 426, 427, 428, 429, 430, 431, 432, 433, 434, 435, 436, 437, 438, 439, 440, 441, 442, 443, 444, 445, 446, 447, 448, 449, 450, 451, 452, 453, 454, 455, 456, 457, 458, 459, 460, 461, 462, 463, 464, 465, 466, 467, 468, 469, 470, 471, 472, 473, 474, 475, 476, 477, 478, 479, 480, 481, 482, 483, 484, 485, 486, 487, 488, 489, 490, 491, 492, 493, 494, 495, 496, 497, 498, 499, 500, 501, 502, 503, 504, 505, 506, 507, 508, 509, 510, 511, 512, 513, 514, 515, 516, 517, 518], "AcquisitionTime": ["171734.672500", "171803.672500", "171804.832500", "171805.992500", "171807.152500", "171808.312500", "171809.472500", "171810.632500", "171811.792500", "171812.952500", "171814.112500", "171815.272500", "171816.432500", "171817.592500", "171818.752500", "171819.912500", "171821.072500", "171822.232500", "171823.392500", "171824.552500", "171825.712500", "171826.872500", "171828.032500", "171829.192500", "171830.352500", "171831.512500", "171832.672500", "171833.832500", "171834.992500", "171836.152500", "171837.312500", "171838.472500", "171839.632500", "171840.792500", "171841.952500", "171843.112500", "171844.272500", "171845.432500", "171846.592500", "171847.752500", "171848.912500", "171850.072500", "171851.232500", "171852.392500", "171853.552500", "171854.712500", "171855.872500", "171857.032500", "171858.192500", "171859.352500", "171900.512500", "171901.672500", "171902.832500", "171903.992500", "171905.152500", "171906.312500", "171907.472500", "171908.632500", "171909.792500", "171910.952500", "171912.112500", "171913.272500", "171914.432500", "171915.592500", "171916.752500", "171917.912500", "171919.072500", "171920.232500", "171921.392500", "171922.552500", "171923.712500", "171924.872500", "171926.032500", "171927.192500", "171928.352500", "171929.512500", "171930.672500", "171931.832500", "171932.992500", "171934.152500", "171935.312500", "171936.472500", "171937.632500", "171938.792500", "171939.952500", "171941.112500", "171942.272500", "171943.432500", "171944.592500", "171945.752500", "171946.912500", "171948.072500", "171949.232500", "171950.392500", "171951.552500", "171952.712500", "171953.872500", "171955.032500", "171956.192500", "171957.352500", "171958.512500", "171959.672500", "172000.832500", "172001.992500", "172003.152500", "172004.312500", "172005.472500", "172006.632500", "172007.792500", "172008.952500", "172010.112500", "172011.272500", "172012.432500", "172013.592500", "172014.752500", "172015.912500", "172017.072500", "172018.232500", "172019.392500", "172020.552500", "172021.712500", "172022.872500", "172024.032500", "172025.192500", "172026.352500", "172027.512500", "172028.672500", "172029.832500", "172030.992500", "172032.152500", "172033.312500", "172034.472500", "172035.632500", "172036.792500", "172037.952500", "172039.112500", "172040.272500", "172041.432500", "172042.592500", "172043.752500", "172044.912500", "172046.072500", "172047.232500", "172048.392500", "172049.552500", "172050.712500", "172051.872500", "172053.032500", "172054.192500", "172055.352500", "172056.512500", "172057.672500", "172058.832500", "172059.992500", "172101.152500", "172102.312500", "172103.472500", "172104.632500", "172105.792500", "172106.952500", "172108.112500", "172109.272500", "172110.432500", "172111.592500", "172112.752500", "172113.912500", "172115.072500", "172116.232500", "172117.392500", "172118.552500", "172119.712500", "172120.872500", "172122.032500", "172123.192500", "172124.352500", "172125.512500", "172126.672500", "172127.832500", "172128.992500", "172130.152500", "172131.312500", "172132.472500", "172133.632500", "172134.792500", "172135.952500", "172137.112500", "172138.272500", "172139.432500", "172140.592500", "172141.752500", "172142.912500", "172144.072500", "172145.232500", "172146.392500", "172147.552500", "172148.712500", "172149.872500", "172151.032500", "172152.192500", "172153.352500", "172154.512500", "172155.672500", "172156.832500", "172157.992500", "172159.152500", "172200.312500", "172201.472500", "172202.632500", "172203.792500", "172204.952500", "172206.112500", "172207.272500", "172208.432500", "172209.592500", "172210.752500", "172211.912500", "172213.072500", "172214.232500", "172215.392500", "172216.552500", "172217.712500", "172218.872500", "172220.032500", "172221.192500", "172222.352500", "172223.512500", "172224.672500", "172225.832500", "172226.992500", "172228.152500", "172229.312500", "172230.472500", "172231.632500", "172232.792500", "172233.952500", "172235.112500", "172236.272500", "172237.432500", "172238.592500", "172239.752500", "172240.912500", "172242.072500", "172243.232500", "172244.392500", "172245.552500", "172246.712500", "172247.872500", "172249.032500", "172250.192500", "172251.352500", "172252.512500", "172253.672500", "172254.832500", "172255.992500", "172257.152500", "172258.312500", "172259.472500", "172300.632500", "172301.792500", "172302.952500", "172304.112500", "172305.272500", "172306.432500", "172307.592500", "172308.752500", "172309.912500", "172311.072500", "172312.232500", "172313.392500", "172314.552500", "172315.712500", "172316.872500", "172318.032500", "172319.192500", "172320.352500", "172321.512500", "172322.672500", "172323.832500", "172324.992500", "172326.152500", "172327.312500", "172328.472500", "172329.632500", "172330.792500", "172331.952500", "172333.112500", "172334.272500", "172335.432500", "172336.592500", "172337.752500", "172338.912500", "172340.072500", "172341.232500", "172342.392500", "172343.552500", "172344.712500", "172345.872500", "172347.032500", "172348.192500", "172349.352500", "172350.512500", "172351.672500", "172352.832500", "172353.992500", "172355.152500", "172356.312500", "172357.472500", "172358.632500", "172359.792500", "172400.952500", "172402.112500", "172403.272500", "172404.432500", "172405.592500", "172406.752500", "172407.912500", "172409.072500", "172410.232500", "172411.392500", "172412.552500", "172413.712500", "172414.872500", "172416.032500", "172417.192500", "172418.352500", "172419.512500", "172420.672500", "172421.832500", "172422.992500", "172424.152500", "172425.312500", "172426.472500", "172427.632500", "172428.792500", "172429.952500", "172431.112500", "172432.272500", "172433.432500", "172434.592500", "172435.752500", "172436.912500", "172438.072500", "172439.232500", "172440.392500", "172441.552500", "172442.712500", "172443.872500", "172445.032500", "172446.192500", "172447.352500", "172448.512500", "172449.672500", "172450.832500", "172451.992500", "172453.152500", "172454.312500", "172455.472500", "172456.632500", "172457.792500", "172458.952500", "172500.112500", "172501.272500", "172502.432500", "172503.592500", "172504.752500", "172505.912500", "172507.072500", "172508.232500", "172509.392500", "172510.552500", "172511.712500", "172512.872500", "172514.032500", "172515.192500", "172516.352500", "172517.512500", "172518.672500", "172519.832500", "172520.992500", "172522.152500", "172523.312500", "172524.472500", "172525.632500", "172526.792500", "172527.952500", "172529.112500", "172530.272500", "172531.432500", "172532.592500", "172533.752500", "172534.912500", "172536.072500", "172537.232500", "172538.392500", "172539.552500", "172540.712500", "172541.872500", "172543.032500", "172544.192500", "172545.352500", "172546.512500", "172547.672500", "172548.832500", "172549.992500", "172551.152500", "172552.312500", "172553.472500", "172554.632500", "172555.792500", "172556.952500", "172558.112500", "172559.272500", "172600.432500", "172601.592500", "172602.752500", "172603.912500", "172605.072500", "172606.232500", "172607.392500", "172608.552500", "172609.712500", "172610.872500", "172612.032500", "172613.192500", "172614.352500", "172615.512500", "172616.672500", "172617.832500", "172618.992500", "172620.152500", "172621.312500", "172622.472500", "172623.632500", "172624.792500", "172625.952500", "172627.112500", "172628.272500", "172629.432500", "172630.592500", "172631.752500", "172632.912500", "172634.072500", "172635.232500", "172636.392500", "172637.552500", "172638.712500", "172639.872500", "172641.032500", "172642.192500", "172643.352500", "172644.512500", "172645.672500", "172646.832500", "172647.992500", "172649.152500", "172650.312500", "172651.472500", "172652.632500", "172653.792500", "172654.952500", "172656.112500", "172657.272500", "172658.432500", "172659.592500", "172700.752500", "172701.912500", "172703.072500", "172704.232500", "172705.392500", "172706.552500", "172707.712500", "172708.872500", "172710.032500", "172711.192500", "172712.352500", "172713.512500", "172714.672500", "172715.832500", "172716.992500", "172718.152500", "172719.312500", "172720.472500", "172721.632500", "172722.792500", "172723.952500", "172725.112500", "172726.272500", "172727.432500", "172728.592500", "172729.752500", "172730.912500", "172732.072500", "172733.232500", "172734.392500", "172735.552500", "172736.712500", "172737.872500", "172739.032500", "172740.192500", "172741.352500", "172742.512500", "172743.672500", "172744.832500", "172745.992500", "172747.152500", "172748.312500", "172749.472500", "172750.632500", "172751.792500", "172752.952500", "172754.112500", "172755.272500", "172756.432500", "172757.592500", "172758.752500", "172759.912500", "172801.072500", "172802.232500"], "ContentTime": ["171821.937000", "171827.015000", "171827.015000", "171827.015000", "171827.031000", "171832.015000", "171832.015000", "171832.015000", "171837.015000", "171837.015000", "171842.015000", "171842.015000", "171842.015000", "171847.015000", "171847.015000", "171852.015000", "171852.015000", "171852.031000", "171857.015000", "171857.015000", "171902.015000", "171902.015000", "171902.015000", "171907.015000", "171907.015000", "171912.015000", "171912.015000", "171912.015000", "171917.015000", "171917.015000", "171917.015000", "171922.015000", "171922.015000", "171927.015000", "171927.015000", "171932.015000", "171932.015000", "171932.015000", "171937.015000", "171937.015000", "171942.015000", "171942.015000", "171942.015000", "171947.015000", "171947.015000", "171952.015000", "171952.015000", "171952.015000", "171957.015000", "171957.015000", "171957.015000", "172002.015000", "172002.015000", "172007.015000", "172007.015000", "172007.015000", "172012.015000", "172012.015000", "172017.015000", "172017.015000", "172017.031000", "172022.015000", "172022.015000", "172022.015000", "172027.015000", "172027.015000", "172032.015000", "172032.015000", "172032.031000", "172037.015000", "172037.015000", "172042.015000", "172042.015000", "172042.015000", "172047.015000", "172047.015000", "172052.015000", "172052.015000", "172052.015000", "172057.015000", "172057.015000", "172102.015000", "172102.015000", "172102.015000", "172107.015000", "172107.015000", "172107.015000", "172112.015000", "172112.015000", "172117.015000", "172117.015000", "172117.015000", "172122.015000", "172122.015000", "172127.015000", "172127.015000", "172127.015000", "172132.015000", "172132.015000", "172137.015000", "172137.015000", "172137.015000", "172142.015000", "172142.015000", "172142.031000", "172147.015000", "172147.015000", "172152.015000", "172152.015000", "172152.015000", "172157.015000", "172157.015000", "172202.015000", "172202.015000", "172202.015000", "172207.015000", "172207.031000", "172212.015000", "172212.031000", "172212.031000", "172217.015000", "172217.015000", "172222.015000", "172222.015000", "172222.031000", "172227.015000", "172227.015000", "172232.015000", "172232.015000", "172232.015000", "172237.015000", "172237.015000", "172242.015000", "172242.015000", "172242.015000", "172247.015000", "172247.031000", "172247.031000", "172252.015000", "172252.015000", "172257.015000", "172257.015000", "172257.015000", "172302.015000", "172302.015000", "172307.015000", "172307.015000", "172307.015000", "172312.015000", "172312.015000", "172317.015000", "172317.015000", "172317.031000", "172322.015000", "172322.015000", "172322.015000", "172327.015000", "172327.015000", "172332.015000", "172332.015000", "172337.015000", "172337.015000", "172337.015000", "172342.015000", "172342.015000", "172347.015000", "172347.015000", "172347.015000", "172352.015000", "172352.015000", "172357.015000", "172357.015000", "172357.031000", "172402.015000", "172402.015000", "172407.015000", "172407.015000", "172407.015000", "172412.015000", "172412.015000", "172417.015000", "172417.031000", "172417.031000", "172422.015000", "172422.015000", "172427.015000", "172427.015000", "172427.015000", "172432.015000", "172432.031000", "172437.015000", "172437.015000", "172437.031000", "172442.015000", "172442.015000", "172447.015000", "172447.015000", "172447.015000", "172452.015000", "172452.015000", "172457.015000", "172457.015000", "172457.015000", "172502.015000", "172502.015000", "172507.015000", "172507.015000", "172507.015000", "172512.015000", "172512.015000", "172517.015000", "172517.015000", "172517.015000", "172522.015000", "172522.015000", "172527.015000", "172527.015000", "172527.015000", "172532.015000", "172532.015000", "172532.015000", "172537.015000", "172537.015000", "172542.015000", "172542.015000", "172542.015000", "172547.015000", "172547.015000", "172552.015000", "172552.015000", "172552.015000", "172557.015000", "172557.015000", "172602.015000", "172602.015000", "172602.015000", "172607.015000", "172607.015000", "172612.015000", "172612.015000", "172612.015000", "172617.015000", "172617.015000", "172622.015000", "172622.015000", "172622.015000", "172627.015000", "172627.015000", "172632.015000", "172632.015000", "172632.015000", "172637.015000", "172637.031000", "172642.015000", "172642.015000", "172642.015000", "172647.015000", "172647.015000", "172647.031000", "172652.015000", "172652.015000", "172657.015000", "172657.015000", "172657.015000", "172702.015000", "172702.015000", "172707.015000", "172707.015000", "172712.015000", "172712.015000", "172712.015000", "172717.015000", "172717.015000", "172717.031000", "172722.015000", "172722.015000", "172727.015000", "172727.015000", "172727.015000", "172732.015000", "172732.015000", "172737.015000", "172737.015000", "172737.015000", "172742.015000", "172742.015000", "172747.015000", "172747.015000", "172747.015000", "172752.015000", "172752.015000", "172757.015000", "172757.015000", "172757.015000", "172802.015000", "172802.015000", "172807.015000", "172807.015000", "172807.015000", "172812.015000", "172812.031000", "172812.031000", "172817.015000", "172817.015000", "172817.031000", "172822.015000", "172822.031000", "172827.015000", "172827.031000", "172827.031000", "172832.015000", "172832.031000", "172837.015000", "172837.015000", "172837.031000", "172842.015000", "172842.015000", "172842.031000", "172847.015000", "172847.015000", "172852.015000", "172852.015000", "172852.015000", "172857.015000", "172857.015000", "172857.015000", "172902.015000", "172902.015000", "172907.015000", "172907.015000", "172907.015000", "172912.015000", "172912.015000", "172917.015000", "172917.015000", "172917.015000", "172922.015000", "172922.015000", "172922.015000", "172927.015000", "172927.015000", "172932.015000", "172932.015000", "172932.015000", "172937.015000", "172937.015000", "172937.015000", "172942.015000", "172942.015000", "172947.015000", "172947.015000", "172947.015000", "172952.015000", "172952.015000", "172952.015000", "172957.015000", "172957.015000", "173002.015000", "173002.015000", "173002.015000", "173007.015000", "173007.015000", "173007.015000", "173012.015000", "173012.015000", "173017.015000", "173017.015000", "173017.015000", "173022.015000", "173022.015000", "173022.015000", "173027.015000", "173027.015000", "173027.031000", "173032.015000", "173032.015000", "173037.015000", "173037.015000", "173037.015000", "173042.015000", "173042.015000", "173042.031000", "173047.015000", "173047.015000", "173052.015000", "173052.031000", "173052.031000", "173057.015000", "173057.031000", "173057.031000", "173102.015000", "173102.015000", "173107.015000", "173107.015000", "173107.015000", "173112.015000", "173112.031000", "173117.015000", "173117.015000", "173117.015000", "173122.015000", "173122.015000", "173122.031000", "173127.015000", "173127.015000", "173132.015000", "173132.015000", "173132.015000", "173137.015000", "173137.015000", "173137.031000", "173142.015000", "173142.015000", "173147.015000", "173147.015000", "173147.015000", "173152.015000", "173152.015000", "173157.015000", "173157.015000", "173157.015000", "173202.015000", "173202.015000", "173202.015000", "173207.015000", "173207.015000", "173212.015000", "173212.015000", "173212.015000", "173217.015000", "173217.015000", "173217.031000", "173222.015000", "173222.015000", "173227.015000", "173227.015000", "173227.015000", "173232.015000", "173232.015000", "173237.015000", "173237.015000", "173237.031000", "173242.015000", "173242.015000", "173247.015000", "173247.015000", "173247.015000", "173252.015000", "173252.015000", "173252.015000", "173257.015000", "173257.015000", "173302.015000", "173302.015000", "173302.015000", "173307.015000", "173307.031000", "173307.031000", "173312.015000", "173312.031000", "173317.015000", "173317.031000", "173317.031000", "173322.015000", "173322.031000", "173322.031000", "173327.015000", "173327.031000", "173332.015000", "173332.031000", "173332.031000", "173337.015000", "173337.015000", "173337.031000", "173342.015000", "173342.031000", "173347.015000", "173347.031000", "173347.031000", "173352.015000", "173352.031000", "173352.031000", "173357.015000", "173357.031000", "173402.015000", "173402.046000", "173402.046000", "173407.015000", "173407.031000", "173412.015000", "173412.031000", "173412.031000", "173417.031000", "173417.031000", "173417.031000", "173427.015000", "173427.031000", "173427.031000", "173427.031000", "173427.031000", "173432.015000", "173432.031000", "173432.031000", "173437.015000", "173437.031000", "173442.015000", "173442.031000", "173442.031000", "173447.015000", "173447.031000", "173447.031000", "173452.015000", "173452.031000", "173457.015000", "173457.015000", "173457.031000", "173459.984000", "173500.000000"], "InstanceCreationTime": ["171821.937000", "171827.015000", "171827.015000", "171827.015000", "171827.031000", "171832.015000", "171832.015000", "171832.015000", "171837.015000", "171837.015000", "171842.015000", "171842.015000", "171842.015000", "171847.015000", "171847.015000", "171852.015000", "171852.015000", "171852.031000", "171857.015000", "171857.015000", "171902.015000", "171902.015000", "171902.015000", "171907.015000", "171907.015000", "171912.015000", "171912.015000", "171912.015000", "171917.015000", "171917.015000", "171917.015000", "171922.015000", "171922.015000", "171927.015000", "171927.015000", "171932.015000", "171932.015000", "171932.015000", "171937.015000", "171937.015000", "171942.015000", "171942.015000", "171942.015000", "171947.015000", "171947.015000", "171952.015000", "171952.015000", "171952.015000", "171957.015000", "171957.015000", "171957.015000", "172002.015000", "172002.015000", "172007.015000", "172007.015000", "172007.015000", "172012.015000", "172012.015000", "172017.015000", "172017.015000", "172017.031000", "172022.015000", "172022.015000", "172022.015000", "172027.015000", "172027.015000", "172032.015000", "172032.015000", "172032.031000", "172037.015000", "172037.015000", "172042.015000", "172042.015000", "172042.015000", "172047.015000", "172047.015000", "172052.015000", "172052.015000", "172052.015000", "172057.015000", "172057.015000", "172102.015000", "172102.015000", "172102.015000", "172107.015000", "172107.015000", "172107.015000", "172112.015000", "172112.015000", "172117.015000", "172117.015000", "172117.015000", "172122.015000", "172122.015000", "172127.015000", "172127.015000", "172127.015000", "172132.015000", "172132.015000", "172137.015000", "172137.015000", "172137.015000", "172142.015000", "172142.015000", "172142.031000", "172147.015000", "172147.015000", "172152.015000", "172152.015000", "172152.015000", "172157.015000", "172157.015000", "172202.015000", "172202.015000", "172202.015000", "172207.015000", "172207.031000", "172212.015000", "172212.031000", "172212.031000", "172217.015000", "172217.015000", "172222.015000", "172222.015000", "172222.031000", "172227.015000", "172227.015000", "172232.015000", "172232.015000", "172232.015000", "172237.015000", "172237.015000", "172242.015000", "172242.015000", "172242.015000", "172247.015000", "172247.031000", "172247.031000", "172252.015000", "172252.015000", "172257.015000", "172257.015000", "172257.015000", "172302.015000", "172302.015000", "172307.015000", "172307.015000", "172307.015000", "172312.015000", "172312.015000", "172317.015000", "172317.015000", "172317.031000", "172322.015000", "172322.015000", "172322.015000", "172327.015000", "172327.015000", "172332.015000", "172332.015000", "172337.015000", "172337.015000", "172337.015000", "172342.015000", "172342.015000", "172347.015000", "172347.015000", "172347.015000", "172352.015000", "172352.015000", "172357.015000", "172357.015000", "172357.031000", "172402.015000", "172402.015000", "172407.015000", "172407.015000", "172407.015000", "172412.015000", "172412.015000", "172417.015000", "172417.031000", "172417.031000", "172422.015000", "172422.015000", "172427.015000", "172427.015000", "172427.015000", "172432.015000", "172432.031000", "172437.015000", "172437.015000", "172437.031000", "172442.015000", "172442.015000", "172447.015000", "172447.015000", "172447.015000", "172452.015000", "172452.015000", "172457.015000", "172457.015000", "172457.015000", "172502.015000", "172502.015000", "172507.015000", "172507.015000", "172507.015000", "172512.015000", "172512.015000", "172517.015000", "172517.015000", "172517.015000", "172522.015000", "172522.015000", "172527.015000", "172527.015000", "172527.015000", "172532.015000", "172532.015000", "172532.015000", "172537.015000", "172537.015000", "172542.015000", "172542.015000", "172542.015000", "172547.015000", "172547.015000", "172552.015000", "172552.015000", "172552.015000", "172557.015000", "172557.015000", "172602.015000", "172602.015000", "172602.015000", "172607.015000", "172607.015000", "172612.015000", "172612.015000", "172612.015000", "172617.015000", "172617.015000", "172622.015000", "172622.015000", "172622.015000", "172627.015000", "172627.015000", "172632.015000", "172632.015000", "172632.015000", "172637.015000", "172637.031000", "172642.015000", "172642.015000", "172642.015000", "172647.015000", "172647.015000", "172647.031000", "172652.015000", "172652.015000", "172657.015000", "172657.015000", "172657.015000", "172702.015000", "172702.015000", "172707.015000", "172707.015000", "172712.015000", "172712.015000", "172712.015000", "172717.015000", "172717.015000", "172717.031000", "172722.015000", "172722.015000", "172727.015000", "172727.015000", "172727.015000", "172732.015000", "172732.015000", "172737.015000", "172737.015000", "172737.015000", "172742.015000", "172742.015000", "172747.015000", "172747.015000", "172747.015000", "172752.015000", "172752.015000", "172757.015000", "172757.015000", "172757.015000", "172802.015000", "172802.015000", "172807.015000", "172807.015000", "172807.015000", "172812.015000", "172812.031000", "172812.031000", "172817.015000", "172817.015000", "172817.031000", "172822.015000", "172822.031000", "172827.015000", "172827.031000", "172827.031000", "172832.015000", "172832.031000", "172837.015000", "172837.015000", "172837.031000", "172842.015000", "172842.015000", "172842.031000", "172847.015000", "172847.015000", "172852.015000", "172852.015000", "172852.015000", "172857.015000", "172857.015000", "172857.015000", "172902.015000", "172902.015000", "172907.015000", "172907.015000", "172907.015000", "172912.015000", "172912.015000", "172917.015000", "172917.015000", "172917.015000", "172922.015000", "172922.015000", "172922.015000", "172927.015000", "172927.015000", "172932.015000", "172932.015000", "172932.015000", "172937.015000", "172937.015000", "172937.015000", "172942.015000", "172942.015000", "172947.015000", "172947.015000", "172947.015000", "172952.015000", "172952.015000", "172952.015000", "172957.015000", "172957.015000", "173002.015000", "173002.015000", "173002.015000", "173007.015000", "173007.015000", "173007.015000", "173012.015000", "173012.015000", "173017.015000", "173017.015000", "173017.015000", "173022.015000", "173022.015000", "173022.015000", "173027.015000", "173027.015000", "173027.031000", "173032.015000", "173032.015000", "173037.015000", "173037.015000", "173037.015000", "173042.015000", "173042.015000", "173042.031000", "173047.015000", "173047.015000", "173052.015000", "173052.031000", "173052.031000", "173057.015000", "173057.031000", "173057.031000", "173102.015000", "173102.015000", "173107.015000", "173107.015000", "173107.015000", "173112.015000", "173112.031000", "173117.015000", "173117.015000", "173117.015000", "173122.015000", "173122.015000", "173122.031000", "173127.015000", "173127.015000", "173132.015000", "173132.015000", "173132.015000", "173137.015000", "173137.015000", "173137.031000", "173142.015000", "173142.015000", "173147.015000", "173147.015000", "173147.015000", "173152.015000", "173152.015000", "173157.015000", "173157.015000", "173157.015000", "173202.015000", "173202.015000", "173202.015000", "173207.015000", "173207.015000", "173212.015000", "173212.015000", "173212.015000", "173217.015000", "173217.015000", "173217.031000", "173222.015000", "173222.015000", "173227.015000", "173227.015000", "173227.015000", "173232.015000", "173232.015000", "173237.015000", "173237.015000", "173237.031000", "173242.015000", "173242.015000", "173247.015000", "173247.015000", "173247.015000", "173252.015000", "173252.015000", "173252.015000", "173257.015000", "173257.015000", "173302.015000", "173302.015000", "173302.015000", "173307.015000", "173307.031000", "173307.031000", "173312.015000", "173312.031000", "173317.015000", "173317.031000", "173317.031000", "173322.015000", "173322.031000", "173322.031000", "173327.015000", "173327.031000", "173332.015000", "173332.031000", "173332.031000", "173337.015000", "173337.015000", "173337.031000", "173342.015000", "173342.031000", "173347.015000", "173347.031000", "173347.031000", "173352.015000", "173352.031000", "173352.031000", "173357.015000", "173357.031000", "173402.015000", "173402.046000", "173402.046000", "173407.015000", "173407.031000", "173412.015000", "173412.031000", "173412.031000", "173417.031000", "173417.031000", "173417.031000", "173427.015000", "173427.031000", "173427.031000", "173427.031000", "173427.031000", "173432.015000", "173432.031000", "173432.031000", "173437.015000", "173437.031000", "173442.015000", "173442.031000", "173442.031000", "173447.015000", "173447.031000", "173447.031000", "173452.015000", "173452.031000", "173457.015000", "173457.015000", "173457.031000", "173459.984000", "173500.000000"], "InstanceNumber": [1, 2, 3, 4, 5, 6, 7, 8, 9, 10, 11, 12, 13, 14, 15, 16, 17, 18, 19, 20, 21, 22, 23, 24, 25, 26, 27, 28, 29, 30, 31, 32, 33, 34, 35, 36, 37, 38, 39, 40, 41, 42, 43, 44, 45, 46, 47, 48, 49, 50, 51, 52, 53, 54, 55, 56, 57, 58, 59, 60, 61, 62, 63, 64, 65, 66, 67, 68, 69, 70, 71, 72, 73, 74, 75, 76, 77, 78, 79, 80, 81, 82, 83, 84, 85, 86, 87, 88, 89, 90, 91, 92, 93, 94, 95, 96, 97, 98, 99, 100, 101, 102, 103, 104, 105, 106, 107, 108, 109, 110, 111, 112, 113, 114, 115, 116, 117, 118, 119, 120, 121, 122, 123, 124, 125, 126, 127, 128, 129, 130, 131, 132, 133, 134, 135, 136, 137, 138, 139, 140, 141, 142, 143, 144, 145, 146, 147, 148, 149, 150, 151, 152, 153, 154, 155, 156, 157, 158, 159, 160, 161, 162, 163, 164, 165, 166, 167, 168, 169, 170, 171, 172, 173, 174, 175, 176, 177, 178, 179, 180, 181, 182, 183, 184, 185, 186, 187, 188, 189, 190, 191, 192, 193, 194, 195, 196, 197, 198, 199, 200, 201, 202, 203, 204, 205, 206, 207, 208, 209, 210, 211, 212, 213, 214, 215, 216, 217, 218, 219, 220, 221, 222, 223, 224, 225, 226, 227, 228, 229, 230, 231, 232, 233, 234, 235, 236, 237, 238, 239, 240, 241, 242, 243, 244, 245, 246, 247, 248, 249, 250, 251, 252, 253, 254, 255, 256, 257, 258, 259, 260, 261, 262, 263, 264, 265, 266, 267, 268, 269, 270, 271, 272, 273, 274, 275, 276, 277, 278, 279, 280, 281, 282, 283, 284, 285, 286, 287, 288, 289, 290, 291, 292, 293, 294, 295, 296, 297, 298, 299, 300, 301, 302, 303, 304, 305, 306, 307, 308, 309, 310, 311, 312, 313, 314, 315, 316, 317, 318, 319, 320, 321, 322, 323, 324, 325, 326, 327, 328, 329, 330, 331, 332, 333, 334, 335, 336, 337, 338, 339, 340, 341, 342, 343, 344, 345, 346, 347, 348, 349, 350, 351, 352, 353, 354, 355, 356, 357, 358, 359, 360, 361, 362, 363, 364, 365, 366, 367, 368, 369, 370, 371, 372, 373, 374, 375, 376, 377, 378, 379, 380, 381, 382, 383, 384, 385, 386, 387, 388, 389, 390, 391, 392, 393, 394, 395, 396, 397, 398, 399, 400, 401, 402, 403, 404, 405, 406, 407, 408, 409, 410, 411, 412, 413, 414, 415, 416, 417, 418, 419, 420, 421, 422, 423, 424, 425, 426, 427, 428, 429, 430, 431, 432, 433, 434, 435, 436, 437, 438, 439, 440, 441, 442, 443, 444, 445, 446, 447, 448, 449, 450, 451, 452, 453, 454, 455, 456, 457, 458, 459, 460, 461, 462, 463, 464, 465, 466, 467, 468, 469, 470, 471, 472, 473, 474, 475, 476, 477, 478, 479, 480, 481, 482, 483, 484, 485, 486, 487, 488, 489, 490, 491, 492, 493, 494, 495, 496, 497, 498, 499, 500, 501, 502, 503, 504, 505, 506, 507, 508, 509, 510, 511, 512, 513, 514, 515, 516, 517, 518], "LargestImagePixelValue": [30074, 24739, 27357, 24337, 28730, 24155, 28538, 24309, 26506, 24158, 24765, 31273, 24872, 26613, 24134, 28614, 24152, 25954, 29763, 24401, 28477, 24178, 27275, 23791, 24830, 25029, 23914, 23906, 26821, 31508, 23760, 27141, 23646, 26917, 25978, 23624, 28979, 25061, 28219, 24212, 29091, 24048, 24719, 25785, 23946, 31908, 24687, 30489, 24173, 24581, 28716, 23910, 28625, 24037, 27934, 24328, 24490, 31199, 24846, 26442, 24131, 30171, 23906, 24648, 32641, 24218, 24685, 31713, 24736, 28463, 24052, 24038, 30064, 25603, 25206, 24757, 27268, 23905, 23837, 27931, 25047, 30817, 24560, 24382, 24463, 30772, 24008, 27060, 24253, 30606, 24104, 30698, 25171, 24780, 30697, 25427, 29517, 23943, 26559, 24360, 24219, 24609, 24084, 26739, 26079, 27363, 24381, 24376, 25712, 24003, 27610, 25076, 26445, 30439, 24316, 24481, 24187, 24356, 29161, 24169, 25676, 26344, 26134, 24545, 30434, 24371, 24194, 30882, 24416, 24253, 24687, 23989, 29307, 24260, 26389, 27671, 24245, 27502, 24316, 27745, 24271, 25951, 27798, 24219, 27110, 24337, 24135, 24341, 26156, 29042, 24458, 24251, 23957, 23987, 24060, 25872, 29036, 24242, 25278, 24791, 24519, 24262, 27064, 29874, 24301, 25932, 25124, 24455, 24139, 25109, 30084, 24129, 25535, 29954, 24406, 28896, 24478, 26130, 31872, 24364, 24033, 24315, 24466, 26037, 25364, 28965, 27564, 31252, 27603, 30325, 28584, 27236, 24402, 25790, 23410, 31323, 23246, 25565, 29810, 22805, 25301, 23142, 23772, 29680, 25077, 29203, 23396, 23564, 27812, 29348, 24574, 23935, 29085, 24129, 23702, 24970, 23472, 24236, 28037, 23469, 25262, 27792, 24727, 25438, 26403, 23632, 25555, 27905, 23678, 24219, 30852, 24189, 23745, 30420, 23721, 23915, 25856, 24744, 26510, 24601, 25316, 25100, 23544, 25389, 29820, 23625, 27821, 24114, 25479, 24832, 30368, 23982, 23926, 27149, 25075, 24376, 28365, 24062, 23612, 23737, 24199, 24821, 27041, 24337, 24634, 25375, 23785, 29093, 23651, 23686, 30032, 24234, 27854, 23795, 24030, 29466, 23906, 23820, 23871, 24740, 30640, 23985, 25220, 29333, 23909, 25417, 23796, 23614, 26159, 24665, 29352, 24577, 26457, 23631, 25925, 30263, 29945, 26201, 28181, 24249, 28739, 24505, 25138, 26129, 23709, 23596, 24027, 24063, 25232, 29268, 28909, 24547, 24180, 28062, 24250, 23675, 29008, 25701, 25543, 25153, 29352, 24805, 24515, 26778, 26228, 24673, 25062, 22738, 23628, 25302, 29230, 23602, 25217, 29854, 24450, 22629, 27118, 24175, 26199, 28338, 23818, 25150, 27154, 22718, 23461, 23026, 22658, 26820, 23667, 23656, 23464, 22945, 23560, 26238, 27171, 23788, 24975, 23343, 22977, 25607, 22908, 26597, 25445, 25215, 28187, 24011, 26573, 23340, 22878, 23030, 23429, 23185, 23380, 29294, 24434, 23313, 23162, 24849, 24246, 27321, 23788, 25565, 29470, 23632, 27134, 24257, 28128, 25059, 23847, 23703, 24372, 23591, 22930, 24806, 25075, 26720, 25451, 24672, 23294, 23651, 26250, 23270, 23087, 22862, 23625, 23775, 24702, 26157, 24465, 25093, 24330, 24491, 23609, 26215, 23024, 24940, 27014, 25124, 25996, 28691, 24077, 26789, 23858, 22721, 23083, 24180, 27021, 24043, 28955, 24154, 24211, 28761, 23630, 25373, 26372, 24910, 26546, 24514, 24460, 23772, 25103, 28760, 23552, 24597, 28160, 23355, 22826, 28911, 22724, 25975, 29299, 23687, 22780, 24351, 23679, 24502, 29185, 23175, 23385, 22626, 25011, 28382, 23363, 25428, 25401, 23057, 24504, 28724, 22683, 23060, 24336, 24469, 28019, 24640, 24011, 27080, 24831, 26044, 23168, 25903, 22699, 23677, 29222, 23354, 24074, 23551, 23701, 23211, 24949, 29593, 22859, 23013, 24982, 22569, 23297, 25583, 27672, 25153, 26683, 24127, 28437, 24549, 23254, 24135, 25263, 27831, 22893, 24380, 24721, 25525, 24222, 24089, 27457, 23208, 23081, 23122, 23020, 25404], "WindowCenter": [9934.0, 9923.0, 9919.0, 9929.0, 9930.0, 9922.0, 9934.0, 9913.0, 9943.0, 9926.0, 9934.0, 9958.0, 9927.0, 9930.0, 9935.0, 9934.0, 9931.0, 9930.0, 9924.0, 9922.0, 9943.0, 9939.0, 9948.0, 9942.0, 9949.0, 9939.0, 9934.0, 9919.0, 9940.0, 9958.0, 9929.0, 9932.0, 9929.0, 9934.0, 9941.0, 9911.0, 9943.0, 9919.0, 9957.0, 9936.0, 9966.0, 9938.0, 9947.0, 9962.0, 9940.0, 9972.0, 9916.0, 9951.0, 9925.0, 9919.0, 9930.0, 9900.0, 9937.0, 9933.0, 9945.0, 9942.0, 9936.0, 9960.0, 9922.0, 9944.0, 9943.0, 9968.0, 9935.0, 9933.0, 9946.0, 9925.0, 9908.0, 9952.0, 9900.0, 9936.0, 9916.0, 9926.0, 9940.0, 9939.0, 9928.0, 9909.0, 9946.0, 9930.0, 9936.0, 9939.0, 9922.0, 9958.0, 9923.0, 9918.0, 9916.0, 9942.0, 9913.0, 9931.0, 9922.0, 9958.0, 9933.0, 9952.0, 9914.0, 9915.0, 9946.0, 9905.0, 9924.0, 9899.0, 9927.0, 9915.0, 9908.0, 9907.0, 9930.0, 9930.0, 9917.0, 9924.0, 9920.0, 9918.0, 9913.0, 9928.0, 9948.0, 9932.0, 9929.0, 9942.0, 9905.0, 9917.0, 9918.0, 9914.0, 9950.0, 9911.0, 9934.0, 9929.0, 9917.0, 9921.0, 9942.0, 9920.0, 9893.0, 9941.0, 9910.0, 9917.0, 9911.0, 9917.0, 9927.0, 9911.0, 9909.0, 9932.0, 9917.0, 9937.0, 9923.0, 9943.0, 9915.0, 9926.0, 9930.0, 9915.0, 9934.0, 9921.0, 9924.0, 9918.0, 9934.0, 9946.0, 9916.0, 9903.0, 9913.0, 9925.0, 9917.0, 9918.0, 9936.0, 9921.0, 9922.0, 9906.0, 9927.0, 9909.0, 9953.0, 9931.0, 9898.0, 9924.0, 9933.0, 9903.0, 9908.0, 9927.0, 9952.0, 9915.0, 9928.0, 9926.0, 9908.0, 9927.0, 9901.0, 9928.0, 9929.0, 9902.0, 9927.0, 9930.0, 9912.0, 9917.0, 9906.0, 9950.0, 9926.0, 9940.0, 9916.0, 10044.0, 9996.0, 9991.0, 9943.0, 9910.0, 9909.0, 9926.0, 9890.0, 9904.0, 9930.0, 9898.0, 9933.0, 9929.0, 9933.0, 9960.0, 9942.0, 9951.0, 9936.0, 9934.0, 9924.0, 9930.0, 9913.0, 9905.0, 9927.0, 9909.0, 9895.0, 9906.0, 9902.0, 9900.0, 9933.0, 9898.0, 9911.0, 9936.0, 9926.0, 9923.0, 9931.0, 9918.0, 9932.0, 9933.0, 9918.0, 9904.0, 9957.0, 9906.0, 9910.0, 9958.0, 9929.0, 9923.0, 9928.0, 9918.0, 9934.0, 9908.0, 9909.0, 9921.0, 9912.0, 9917.0, 9926.0, 9913.0, 9952.0, 9928.0, 9938.0, 9932.0, 9950.0, 9900.0, 9907.0, 9908.0, 9919.0, 9907.0, 9923.0, 9897.0, 9905.0, 9911.0, 9915.0, 9907.0, 9910.0, 9897.0, 9905.0, 9919.0, 9899.0, 9942.0, 9916.0, 9885.0, 9932.0, 9900.0, 9937.0, 9911.0, 9911.0, 9942.0, 9914.0, 9923.0, 9924.0, 9940.0, 9959.0, 9932.0, 9918.0, 9933.0, 9913.0, 9925.0, 9928.0, 9932.0, 9935.0, 9910.0, 9949.0, 9919.0, 9946.0, 9928.0, 9952.0, 10005.0, 9986.0, 9980.0, 9957.0, 9899.0, 9902.0, 9886.0, 9883.0, 9894.0, 9893.0, 9927.0, 9942.0, 9940.0, 9926.0, 9949.0, 9968.0, 9916.0, 9904.0, 9924.0, 9896.0, 9933.0, 9946.0, 9918.0, 9931.0, 9929.0, 9912.0, 9912.0, 9901.0, 9929.0, 9914.0, 9919.0, 9922.0, 9909.0, 9931.0, 9915.0, 9933.0, 9906.0, 9928.0, 9930.0, 9915.0, 9915.0, 9927.0, 9903.0, 9932.0, 9934.0, 9913.0, 9941.0, 9941.0, 9914.0, 9939.0, 9920.0, 9935.0, 9954.0, 9937.0, 9920.0, 9910.0, 9918.0, 9924.0, 9952.0, 9954.0, 9925.0, 9950.0, 9918.0, 9941.0, 9940.0, 9912.0, 9935.0, 9930.0, 9910.0, 9930.0, 9920.0, 9928.0, 9923.0, 9938.0, 9919.0, 9935.0, 9929.0, 9927.0, 9942.0, 9925.0, 9921.0, 9907.0, 9935.0, 9930.0, 9946.0, 9942.0, 9931.0, 9941.0, 9932.0, 9946.0, 9949.0, 9953.0, 9933.0, 9933.0, 9928.0, 9929.0, 9918.0, 9922.0, 9942.0, 9939.0, 9928.0, 9921.0, 9913.0, 9909.0, 9916.0, 9938.0, 9920.0, 9915.0, 9924.0, 9935.0, 9928.0, 9931.0, 9919.0, 9925.0, 9931.0, 9918.0, 9930.0, 9946.0, 9956.0, 9926.0, 9945.0, 9945.0, 9920.0, 9927.0, 9954.0, 9934.0, 9957.0, 9945.0, 9933.0, 9939.0, 9930.0, 9955.0, 9917.0, 9950.0, 9916.0, 9927.0, 9952.0, 9929.0, 9947.0, 9943.0, 9948.0, 9947.0, 9936.0, 9927.0, 9910.0, 9929.0, 9942.0, 9934.0, 9926.0, 9956.0, 9936.0, 9922.0, 9969.0, 9931.0, 9936.0, 9947.0, 9939.0, 9942.0, 9950.0, 9938.0, 9923.0, 9954.0, 9925.0, 9929.0, 9932.0, 9956.0, 9954.0, 9923.0, 9935.0, 9926.0, 9929.0, 9949.0, 9950.0, 9917.0, 9928.0, 9925.0, 9950.0, 9964.0, 9936.0, 9934.0, 9918.0, 9940.0, 9938.0, 9909.0, 9940.0, 9895.0, 9924.0, 9953.0, 9939.0, 9938.0, 9942.0, 9960.0, 9953.0, 9961.0, 9961.0, 9922.0, 9936.0, 9939.0, 9910.0, 9938.0, 9950.0, 9959.0, 9957.0, 9962.0, 9935.0, 9952.0, 9928.0, 9952.0, 9928.0, 9942.0, 9949.0, 9928.0, 9911.0, 9922.0, 9923.0, 9931.0, 9901.0, 9931.0, 9913.0, 9914.0, 9914.0, 9937.0, 9905.0], "WindowWidth": [21178.0, 21143.0, 21138.0, 21154.0, 21154.0, 21140.0, 21166.0, 21124.0, 21184.0, 21152.0, 21164.0, 21212.0, 21152.0, 21156.0, 21167.0, 21167.0, 21158.0, 21153.0, 21144.0, 21145.0, 21185.0, 21177.0, 21198.0, 21184.0, 21196.0, 21181.0, 21170.0, 21137.0, 21174.0, 21209.0, 21149.0, 21156.0, 21153.0, 21169.0, 21176.0, 21121.0, 21186.0, 21138.0, 21208.0, 21174.0, 21227.0, 21177.0, 21197.0, 21224.0, 21180.0, 21244.0, 21131.0, 21193.0, 21143.0, 21130.0, 21149.0, 21092.0, 21174.0, 21162.0, 21189.0, 21183.0, 21169.0, 21212.0, 21137.0, 21186.0, 21186.0, 21231.0, 21167.0, 21160.0, 21182.0, 21138.0, 21108.0, 21195.0, 21092.0, 21160.0, 21128.0, 21150.0, 21177.0, 21169.0, 21152.0, 21116.0, 21185.0, 21157.0, 21171.0, 21174.0, 21138.0, 21211.0, 21138.0, 21128.0, 21126.0, 21175.0, 21118.0, 21152.0, 21144.0, 21210.0, 21161.0, 21197.0, 21119.0, 21116.0, 21177.0, 21098.0, 21134.0, 21083.0, 21142.0, 21120.0, 21105.0, 21108.0, 21151.0, 21149.0, 21125.0, 21139.0, 21129.0, 21129.0, 21119.0, 21149.0, 21192.0, 21158.0, 21148.0, 21169.0, 21102.0, 21125.0, 21125.0, 21122.0, 21195.0, 21113.0, 21156.0, 21146.0, 21125.0, 21130.0, 21170.0, 21129.0, 21079.0, 21169.0, 21110.0, 21126.0, 21118.0, 21121.0, 21138.0, 21108.0, 21106.0, 21153.0, 21126.0, 21172.0, 21140.0, 21175.0, 21122.0, 21142.0, 21147.0, 21119.0, 21161.0, 21132.0, 21141.0, 21130.0, 21158.0, 21179.0, 21121.0, 21099.0, 21115.0, 21138.0, 21125.0, 21127.0, 21158.0, 21128.0, 21131.0, 21105.0, 21141.0, 21108.0, 21195.0, 21153.0, 21085.0, 21134.0, 21153.0, 21094.0, 21102.0, 21144.0, 21194.0, 21120.0, 21144.0, 21143.0, 21109.0, 21138.0, 21091.0, 21145.0, 21148.0, 21095.0, 21145.0, 21157.0, 21122.0, 21127.0, 21104.0, 21188.0, 21143.0, 21189.0, 21130.0, 21435.0, 21311.0, 21309.0, 21184.0, 21108.0, 21101.0, 21134.0, 21059.0, 21087.0, 21137.0, 21078.0, 21154.0, 21150.0, 21157.0, 21215.0, 21178.0, 21194.0, 21168.0, 21161.0, 21136.0, 21145.0, 21111.0, 21093.0, 21136.0, 21106.0, 21073.0, 21094.0, 21088.0, 21083.0, 21145.0, 21082.0, 21110.0, 21167.0, 21143.0, 21137.0, 21154.0, 21125.0, 21149.0, 21151.0, 21126.0, 21104.0, 21200.0, 21103.0, 21112.0, 21205.0, 21147.0, 21144.0, 21149.0, 21126.0, 21157.0, 21106.0, 21108.0, 21130.0, 21115.0, 21129.0, 21146.0, 21119.0, 21199.0, 21155.0, 21173.0, 21159.0, 21193.0, 21089.0, 21101.0, 21106.0, 21122.0, 21097.0, 21129.0, 21081.0, 21095.0, 21107.0, 21119.0, 21103.0, 21110.0, 21082.0, 21103.0, 21125.0, 21086.0, 21172.0, 21119.0, 21059.0, 21152.0, 21085.0, 21161.0, 21113.0, 21112.0, 21168.0, 21118.0, 21133.0, 21138.0, 21174.0, 21210.0, 21152.0, 21127.0, 21156.0, 21112.0, 21137.0, 21149.0, 21158.0, 21164.0, 21118.0, 21189.0, 21129.0, 21183.0, 21145.0, 21229.0, 21354.0, 21299.0, 21266.0, 21210.0, 21083.0, 21085.0, 21052.0, 21046.0, 21070.0, 21076.0, 21143.0, 21174.0, 21176.0, 21150.0, 21189.0, 21226.0, 21126.0, 21105.0, 21138.0, 21082.0, 21159.0, 21190.0, 21134.0, 21162.0, 21155.0, 21117.0, 21115.0, 21094.0, 21143.0, 21118.0, 21131.0, 21134.0, 21111.0, 21155.0, 21122.0, 21157.0, 21102.0, 21144.0, 21147.0, 21118.0, 21121.0, 21146.0, 21097.0, 21159.0, 21156.0, 21119.0, 21176.0, 21176.0, 21122.0, 21175.0, 21133.0, 21162.0, 21202.0, 21166.0, 21132.0, 21117.0, 21129.0, 21146.0, 21200.0, 21202.0, 21145.0, 21199.0, 21132.0, 21176.0, 21174.0, 21119.0, 21158.0, 21149.0, 21113.0, 21151.0, 21129.0, 21151.0, 21141.0, 21167.0, 21133.0, 21169.0, 21147.0, 21145.0, 21177.0, 21139.0, 21133.0, 21110.0, 21166.0, 21155.0, 21186.0, 21177.0, 21153.0, 21172.0, 21159.0, 21187.0, 21192.0, 21202.0, 21161.0, 21157.0, 21148.0, 21154.0, 21128.0, 21137.0, 21175.0, 21168.0, 21144.0, 21130.0, 21116.0, 21100.0, 21115.0, 21166.0, 21131.0, 21121.0, 21139.0, 21166.0, 21150.0, 21155.0, 21129.0, 21139.0, 21145.0, 21125.0, 21157.0, 21189.0, 21206.0, 21151.0, 21183.0, 21179.0, 21131.0, 21149.0, 21196.0, 21159.0, 21212.0, 21186.0, 21161.0, 21172.0, 21161.0, 21202.0, 21128.0, 21192.0, 21122.0, 21140.0, 21195.0, 21146.0, 21187.0, 21185.0, 21192.0, 21184.0, 21163.0, 21139.0, 21107.0, 21148.0, 21173.0, 21158.0, 21143.0, 21207.0, 21162.0, 21136.0, 21228.0, 21150.0, 21161.0, 21187.0, 21169.0, 21179.0, 21198.0, 21173.0, 21142.0, 21197.0, 21143.0, 21148.0, 21157.0, 21208.0, 21201.0, 21139.0, 21164.0, 21145.0, 21150.0, 21189.0, 21191.0, 21127.0, 21150.0, 21147.0, 21200.0, 21222.0, 21168.0, 21161.0, 21131.0, 21169.0, 21168.0, 21114.0, 21167.0, 21083.0, 21140.0, 21196.0, 21172.0, 21174.0, 21180.0, 21221.0, 21207.0, 21219.0, 21217.0, 21142.0, 21172.0, 21174.0, 21114.0, 21174.0, 21200.0, 21215.0, 21209.0, 21220.0, 21164.0, 21193.0, 21149.0, 21197.0, 21151.0, 21175.0, 21186.0, 21144.0, 21112.0, 21128.0, 21129.0, 21146.0, 21093.0, 21148.0, 21114.0, 21118.0, 21123.0, 21165.0, 21100.0]}, "slices": {}}}