{"AcquisitionMatrixPE": 96, "AcquisitionNumber": 1, "AcquisitionTime": "07:35:12.965000", "BandwidthPerPixelPhaseEncode": 33.602, "BaseResolution": 96, "BodyPartExamined": "BRAIN", "ConsistencyInfo": "N4_VD13A_LATEST_20120616", "ConversionSoftware": "dcm2niix", "ConversionSoftwareVersion": "v1.0.20210317", "DerivedVendorReportedEchoSpacing": 0.000620003, "DeviceSerialNumber": "45239", "DwellTime": 2.6e-06, "EchoTime": 0.03, "EchoTrainLength": 48, "EffectiveEchoSpacing": 0.000310001, "FlipAngle": 63, "ImageComments": "Unaliased MB4/PE3", "ImageOrientationPatientDICOM": [0.999952, -0.00741969, -0.00640561, 0.00446444, 0.926505, -0.376257], "ImageType": ["ORIGINAL", "PRIMARY", "M", "ND", "NORM", "MOSAIC"], "ImagingFrequency": 123.193, "InPlanePhaseEncodingDirectionDICOM": "COL", "InstitutionAddress": "E 24th St. 100,Austin,Southmiddle,US,78712", "InstitutionName": "Univ of Texas at Austin", "InstitutionalDepartmentName": "IRC", "MRAcquisitionType": "2D", "MagneticFieldStrength": 3, "Manufacturer": "Siemens", "ManufacturersModelName": "Skyra", "Modality": "MR", "MultibandAccelerationFactor": 4, "ParallelReductionFactorInPlane": 2, "PartialFourier": 1, "PatientPosition": "HFS", "PercentPhaseFOV": 100, "PercentSampling": 100, "PhaseEncodingDirection": "j-", "PhaseEncodingSteps": 96, "PhaseResolution": 1, "PixelBandwidth": 2005, "ProcedureStepDescription": "Poldrack2^self-scanning", "ProtocolName": "Resting State fMRI MBEPI_matrix96_BW2004", "PulseSequenceDetails": "%CustomerSeq%\\cmrr_mbep2d_bold", "ReceiveCoilActiveElements": "HEA;HEP", "ReceiveCoilName": "Head_32", "ReconMatrixPE": 96, "RefLinesPE": 48, "RepetitionTime": 1.16, "SAR": 0.123684, "ScanOptions": "FS", "ScanningSequence": "EP", "SequenceName": "epfid2d1_96", "SequenceVariant": "SK", "SeriesDescription": "Resting State fMRI MBEPI_matrix96_BW2004", "SeriesNumber": 8, "ShimSetting": [-2781, 8029, -15424, -36, -256, 90, 224, -23], "SliceThickness": 2, "SliceTiming": [0, 0.5, 0.9975, 0.3575, 0.855, 0.215, 0.7125, 0.0725, 0.57, 1.0675, 0.4275, 0.925, 0.285, 0.7825, 0.1425, 0.6425, 0, 0.5, 0.9975, 0.3575, 0.855, 0.215, 0.7125, 0.0725, 0.57, 1.0675, 0.4275, 0.925, 0.285, 0.7825, 0.1425, 0.6425, 0, 0.5, 0.9975, 0.3575, 0.855, 0.215, 0.7125, 0.0725, 0.57, 1.0675, 0.4275, 0.925, 0.285, 0.7825, 0.1425, 0.6425, 0, 0.5, 0.9975, 0.3575, 0.855, 0.215, 0.7125, 0.0725, 0.57, 1.0675, 0.4275, 0.925, 0.285, 0.7825, 0.1425, 0.6425], "SoftwareVersions": "syngo MR D13", "SpacingBetweenSlices": 2.4, "StationName": "AWP45239", "TaskName": "Resting fmri", "TotalReadoutTime": 0.0294501, "TxRefAmp": 342.191, "WipMemBlock": "f24d0a11-703a-4b60-a87c-70be0047d05b||Sequence: vd13a/R010 r/5b5bc96; Nov 20 2013 18:17:03 by eja", "dcmmeta_affine": [[-2.3957180976867676, 0.010696054436266422, -0.02094368264079094, 118.20177459716797], [0.01777634210884571, 2.2197508811950684, -0.9029038548469543, -95.77161407470703], [-0.01534677017480135, 0.901448130607605, 2.223583936691284, -63.92286682128906], [0.0, 0.0, 0.0, 1.0]], "dcmmeta_reorient_transform": [[0.0, -1.0, 0.0, 95.0], [1.0, 0.0, 0.0, 0.0], [0.0, 0.0, 1.0, 0.0], [0.0, 0.0, 0.0, 1.0]], "dcmmeta_shape": [96, 96, 64, 518], "dcmmeta_slice_dim": 2, "dcmmeta_version": 0.6, "global": {"const": {"AcquisitionMatrix": [96, 0, 0, 96], "AngioFlag": "N", "BitsAllocated": 16, "BitsStored": 16, "BodyPartExamined": "BRAIN", "Columns": 768, "DeidentificationMethodCodeSequence": [{"CodeMeaning": "XNAT Edit Script", "CodeValue": "93", "CodingSchemeDesignator": "XNAT", "CodingSchemeVersion": "0.1"}], "EchoNumbers": 1, "EchoTime": 30.0, "EchoTrainLength": 48, "FlipAngle": 63.0, "HighBit": 15, "ImageOrientationPatient": [0.99995195703203, -0.0074196905143, -0.0064056085184, 0.00446444031715, 0.92650473735476, -0.3762566151337], "ImagePositionPatient": [-927.77306996741, -854.96815290356, 329.75778167415], "ImageType": ["ORIGINAL", "PRIMARY", "M", "ND", "NORM", "MOSAIC"], "ImagedNucleus": "1H", "ImagingFrequency": 123.192932, "InPlanePhaseEncodingDirection": "COL", "MRAcquisitionType": "2D", "MagneticFieldStrength": 3.0, "Manufacturer": "SIEMENS", "ManufacturerModelName": "Skyra", "Modality": "MR", "NumberOfAverages": 1.0, "NumberOfPhaseEncodingSteps": 96, "PercentPhaseFieldOfView": 100.0, "PercentSampling": 100.0, "PerformedProcedureStepStartTime": "071645.943000", "PhotometricInterpretation": "MONOCHROME2", "PixelBandwidth": 2005.0, "PixelRepresentation": 0, "PixelSpacing": [2.3958332538605, 2.3958332538605], "ProtocolName": "Resting State fMRI MBEPI_matrix96_BW2004", "RepetitionTime": 1160.0, "Rows": 768, "SAR": 0.12368445732558, "SamplesPerPixel": 1, "ScanOptions": "FS", "ScanningSequence": "EP", "SequenceName": "epfid2d1_96", "SequenceVariant": "SK", "SeriesDescription": "Resting State fMRI MBEPI_matrix96_BW2004", "SeriesNumber": 8, "SeriesTime": "073604.188000", "SliceLocation": -24.225370161521, "SliceThickness": 2.0, "SmallestImagePixelValue": 0, "SoftwareVersions": "syngo MR D13", "SpacingBetweenSlices": 2.399999987658, "SpecificCharacterSet": "ISO_IR 100", "StudyID": "1", "StudyTime": "071645.770000", "TransmitCoilName": "Body", "VariableFlipAngleFlag": "N", "WindowCenterWidthExplanation": "Algo1", "dBdt": 0.0}, "slices": {}}, "time": {"samples": {"AcquisitionNumber": [1, 2, 3, 4, 5, 6, 7, 8, 9, 10, 11, 12, 13, 14, 15, 16, 17, 18, 19, 20, 21, 22, 23, 24, 25, 26, 27, 28, 29, 30, 31, 32, 33, 34, 35, 36, 37, 38, 39, 40, 41, 42, 43, 44, 45, 46, 47, 48, 49, 50, 51, 52, 53, 54, 55, 56, 57, 58, 59, 60, 61, 62, 63, 64, 65, 66, 67, 68, 69, 70, 71, 72, 73, 74, 75, 76, 77, 78, 79, 80, 81, 82, 83, 84, 85, 86, 87, 88, 89, 90, 91, 92, 93, 94, 95, 96, 97, 98, 99, 100, 101, 102, 103, 104, 105, 106, 107, 108, 109, 110, 111, 112, 113, 114, 115, 116, 117, 118, 119, 120, 121, 122, 123, 124, 125, 126, 127, 128, 129, 130, 131, 132, 133, 134, 135, 136, 137, 138, 139, 140, 141, 142, 143, 144, 145, 146, 147, 148, 149, 150, 151, 152, 153, 154, 155, 156, 157, 158, 159, 160, 161, 162, 163, 164, 165, 166, 167, 168, 169, 170, 171, 172, 173, 174, 175, 176, 177, 178, 179, 180, 181, 182, 183, 184, 185, 186, 187, 188, 189, 190, 191, 192, 193, 194, 195, 196, 197, 198, 199, 200, 201, 202, 203, 204, 205, 206, 207, 208, 209, 210, 211, 212, 213, 214, 215, 216, 217, 218, 219, 220, 221, 222, 223, 224, 225, 226, 227, 228, 229, 230, 231, 232, 233, 234, 235, 236, 237, 238, 239, 240, 241, 242, 243, 244, 245, 246, 247, 248, 249, 250, 251, 252, 253, 254, 255, 256, 257, 258, 259, 260, 261, 262, 263, 264, 265, 266, 267, 268, 269, 270, 271, 272, 273, 274, 275, 276, 277, 278, 279, 280, 281, 282, 283, 284, 285, 286, 287, 288, 289, 290, 291, 292, 293, 294, 295, 296, 297, 298, 299, 300, 301, 302, 303, 304, 305, 306, 307, 308, 309, 310, 311, 312, 313, 314, 315, 316, 317, 318, 319, 320, 321, 322, 323, 324, 325, 326, 327, 328, 329, 330, 331, 332, 333, 334, 335, 336, 337, 338, 339, 340, 341, 342, 343, 344, 345, 346, 347, 348, 349, 350, 351, 352, 353, 354, 355, 356, 357, 358, 359, 360, 361, 362, 363, 364, 365, 366, 367, 368, 369, 370, 371, 372, 373, 374, 375, 376, 377, 378, 379, 380, 381, 382, 383, 384, 385, 386, 387, 388, 389, 390, 391, 392, 393, 394, 395, 396, 397, 398, 399, 400, 401, 402, 403, 404, 405, 406, 407, 408, 409, 410, 411, 412, 413, 414, 415, 416, 417, 418, 419, 420, 421, 422, 423, 424, 425, 426, 427, 428, 429, 430, 431, 432, 433, 434, 435, 436, 437, 438, 439, 440, 441, 442, 443, 444, 445, 446, 447, 448, 449, 450, 451, 452, 453, 454, 455, 456, 457, 458, 459, 460, 461, 462, 463, 464, 465, 466, 467, 468, 469, 470, 471, 472, 473, 474, 475, 476, 477, 478, 479, 480, 481, 482, 483, 484, 485, 486, 487, 488, 489, 490, 491, 492, 493, 494, 495, 496, 497, 498, 499, 500, 501, 502, 503, 504, 505, 506, 507, 508, 509, 510, 511, 512, 513, 514, 515, 516, 517, 518], "AcquisitionTime": ["073512.965000", "073519.885000", "073521.025000", "073522.165000", "073523.305000", "073524.445000", "073525.585000", "073526.725000", "073527.865000", "073529.005000", "073530.145000", "073531.285000", "073532.425000", "073533.565000", "073534.705000", "073535.845000", "073536.985000", "073538.125000", "073539.265000", "073540.405000", "073541.545000", "073542.685000", "073543.825000", "073544.965000", "073546.105000", "073547.245000", "073548.385000", "073549.525000", "073550.665000", "073551.805000", "073552.945000", "073554.085000", "073555.225000", "073556.365000", "073557.505000", "073558.645000", "073559.785000", "073600.925000", "073602.065000", "073603.205000", "073604.345000", "073605.485000", "073606.625000", "073607.765000", "073608.905000", "073610.045000", "073611.185000", "073612.325000", "073613.465000", "073614.605000", "073615.745000", "073616.885000", "073618.025000", "073619.165000", "073620.305000", "073621.445000", "073622.585000", "073623.725000", "073624.865000", "073626.005000", "073627.145000", "073628.285000", "073629.425000", "073630.565000", "073631.705000", "073632.845000", "073633.985000", "073635.125000", "073636.265000", "073637.405000", "073638.545000", "073639.685000", "073640.825000", "073641.965000", "073643.105000", "073644.245000", "073645.385000", "073646.525000", "073647.665000", "073648.805000", "073649.945000", "073651.085000", "073652.225000", "073653.365000", "073654.505000", "073655.645000", "073656.785000", "073657.925000", "073659.065000", "073700.205000", "073701.345000", "073702.485000", "073703.625000", "073704.765000", "073705.905000", "073707.045000", "073708.185000", "073709.325000", "073710.465000", "073711.605000", "073712.745000", "073713.885000", "073715.025000", "073716.165000", "073717.305000", "073718.445000", "073719.585000", "073720.725000", "073721.865000", "073723.005000", "073724.145000", "073725.285000", "073726.425000", "073727.565000", "073728.705000", "073729.845000", "073730.985000", "073732.125000", "073733.265000", "073734.405000", "073735.545000", "073736.685000", "073737.825000", "073738.965000", "073740.105000", "073741.245000", "073742.385000", "073743.525000", "073744.665000", "073745.805000", "073746.945000", "073748.085000", "073749.225000", "073750.365000", "073751.505000", "073752.645000", "073753.785000", "073754.925000", "073756.065000", "073757.205000", "073758.345000", "073759.485000", "073800.625000", "073801.765000", "073802.905000", "073804.045000", "073805.185000", "073806.325000", "073807.465000", "073808.605000", "073809.745000", "073810.885000", "073812.025000", "073813.165000", "073814.305000", "073815.445000", "073816.585000", "073817.725000", "073818.865000", "073820.005000", "073821.145000", "073822.285000", "073823.425000", "073824.565000", "073825.705000", "073826.845000", "073827.985000", "073829.125000", "073830.265000", "073831.405000", "073832.545000", "073833.685000", "073834.825000", "073835.965000", "073837.105000", "073838.245000", "073839.385000", "073840.525000", "073841.665000", "073842.805000", "073843.945000", "073845.085000", "073846.225000", "073847.365000", "073848.505000", "073849.645000", "073850.785000", "073851.925000", "073853.065000", "073854.205000", "073855.345000", "073856.485000", "073857.625000", "073858.765000", "073859.905000", "073901.045000", "073902.185000", "073903.325000", "073904.465000", "073905.605000", "073906.745000", "073907.885000", "073909.025000", "073910.165000", "073911.305000", "073912.445000", "073913.585000", "073914.725000", "073915.865000", "073917.005000", "073918.145000", "073919.285000", "073920.425000", "073921.565000", "073922.705000", "073923.845000", "073924.985000", "073926.125000", "073927.265000", "073928.405000", "073929.545000", "073930.685000", "073931.825000", "073932.965000", "073934.105000", "073935.245000", "073936.385000", "073937.525000", "073938.665000", "073939.805000", "073940.945000", "073942.085000", "073943.225000", "073944.365000", "073945.505000", "073946.645000", "073947.785000", "073948.925000", "073950.065000", "073951.205000", "073952.345000", "073953.485000", "073954.625000", "073955.765000", "073956.905000", "073958.045000", "073959.185000", "074000.325000", "074001.465000", "074002.605000", "074003.745000", "074004.885000", "074006.025000", "074007.165000", "074008.305000", "074009.445000", "074010.585000", "074011.725000", "074012.865000", "074014.005000", "074015.145000", "074016.285000", "074017.425000", "074018.565000", "074019.705000", "074020.845000", "074021.985000", "074023.125000", "074024.265000", "074025.405000", "074026.545000", "074027.685000", "074028.825000", "074029.965000", "074031.105000", "074032.245000", "074033.385000", "074034.525000", "074035.665000", "074036.805000", "074037.945000", "074039.085000", "074040.225000", "074041.365000", "074042.505000", "074043.645000", "074044.785000", "074045.925000", "074047.065000", "074048.205000", "074049.345000", "074050.485000", "074051.625000", "074052.765000", "074053.905000", "074055.045000", "074056.185000", "074057.325000", "074058.465000", "074059.605000", "074100.745000", "074101.885000", "074103.025000", "074104.165000", "074105.305000", "074106.445000", "074107.585000", "074108.725000", "074109.865000", "074111.005000", "074112.145000", "074113.285000", "074114.425000", "074115.565000", "074116.705000", "074117.845000", "074118.985000", "074120.125000", "074121.265000", "074122.405000", "074123.545000", "074124.685000", "074125.825000", "074126.965000", "074128.105000", "074129.245000", "074130.385000", "074131.525000", "074132.665000", "074133.805000", "074134.945000", "074136.085000", "074137.225000", "074138.365000", "074139.505000", "074140.645000", "074141.785000", "074142.925000", "074144.065000", "074145.205000", "074146.345000", "074147.485000", "074148.625000", "074149.765000", "074150.905000", "074152.045000", "074153.185000", "074154.325000", "074155.465000", "074156.605000", "074157.745000", "074158.885000", "074200.025000", "074201.165000", "074202.305000", "074203.445000", "074204.585000", "074205.725000", "074206.865000", "074208.005000", "074209.145000", "074210.285000", "074211.425000", "074212.565000", "074213.705000", "074214.845000", "074215.985000", "074217.125000", "074218.265000", "074219.405000", "074220.545000", "074221.685000", "074222.825000", "074223.965000", "074225.105000", "074226.245000", "074227.385000", "074228.525000", "074229.665000", "074230.805000", "074231.945000", "074233.085000", "074234.225000", "074235.365000", "074236.505000", "074237.645000", "074238.785000", "074239.925000", "074241.065000", "074242.205000", "074243.345000", "074244.485000", "074245.625000", "074246.765000", "074247.905000", "074249.045000", "074250.185000", "074251.325000", "074252.465000", "074253.605000", "074254.745000", "074255.885000", "074257.025000", "074258.165000", "074259.305000", "074300.445000", "074301.585000", "074302.725000", "074303.865000", "074305.005000", "074306.145000", "074307.285000", "074308.425000", "074309.565000", "074310.705000", "074311.845000", "074312.985000", "074314.125000", "074315.265000", "074316.405000", "074317.545000", "074318.685000", "074319.825000", "074320.965000", "074322.105000", "074323.245000", "074324.385000", "074325.525000", "074326.665000", "074327.805000", "074328.945000", "074330.085000", "074331.225000", "074332.365000", "074333.505000", "074334.645000", "074335.785000", "074336.925000", "074338.065000", "074339.205000", "074340.345000", "074341.485000", "074342.625000", "074343.765000", "074344.905000", "074346.045000", "074347.185000", "074348.325000", "074349.465000", "074350.605000", "074351.745000", "074352.885000", "074354.025000", "074355.165000", "074356.305000", "074357.445000", "074358.585000", "074359.725000", "074400.865000", "074402.005000", "074403.145000", "074404.285000", "074405.425000", "074406.565000", "074407.705000", "074408.845000", "074409.985000", "074411.125000", "074412.265000", "074413.405000", "074414.545000", "074415.685000", "074416.825000", "074417.965000", "074419.105000", "074420.245000", "074421.385000", "074422.525000", "074423.665000", "074424.805000", "074425.945000", "074427.085000", "074428.225000", "074429.365000", "074430.505000", "074431.645000", "074432.785000", "074433.925000", "074435.065000", "074436.205000", "074437.345000", "074438.485000", "074439.625000", "074440.765000", "074441.905000", "074443.045000", "074444.185000", "074445.325000", "074446.465000", "074447.605000", "074448.745000", "074449.885000", "074451.025000", "074452.165000", "074453.305000", "074454.445000", "074455.585000", "074456.725000", "074457.865000", "074459.005000", "074500.145000", "074501.285000", "074502.425000", "074503.565000", "074504.705000", "074505.845000", "074506.985000", "074508.125000"], "ContentTime": ["073604.192000", "073604.197000", "073604.201000", "073604.204000", "073604.208000", "073604.218000", "073604.222000", "073604.226000", "073604.230000", "073604.234000", "073604.238000", "073604.242000", "073604.246000", "073604.250000", "073604.254000", "073604.258000", "073604.263000", "073604.267000", "073604.271000", "073604.280000", "073604.284000", "073604.287000", "073604.291000", "073604.295000", "073604.299000", "073604.303000", "073604.307000", "073604.311000", "073604.315000", "073604.319000", "073604.323000", "073604.327000", "073604.331000", "073604.335000", "073604.339000", "073644.152000", "073644.157000", "073644.161000", "073644.165000", "073644.169000", "073644.172000", "073644.176000", "073644.180000", "073644.184000", "073644.188000", "073644.192000", "073644.196000", "073644.200000", "073644.203000", "073644.207000", "073644.211000", "073644.215000", "073644.219000", "073644.222000", "073644.226000", "073644.230000", "073644.234000", "073644.237000", "073644.241000", "073644.245000", "073644.254000", "073644.258000", "073644.262000", "073644.266000", "073644.270000", "073644.274000", "073644.277000", "073644.281000", "073644.285000", "073644.289000", "073644.292000", "073644.296000", "073644.300000", "073724.152000", "073724.156000", "073724.160000", "073724.164000", "073724.168000", "073724.171000", "073724.175000", "073724.179000", "073724.183000", "073724.186000", "073724.190000", "073724.194000", "073724.198000", "073724.202000", "073724.206000", "073724.210000", "073724.214000", "073724.218000", "073724.222000", "073724.226000", "073724.229000", "073724.233000", "073724.237000", "073724.241000", "073724.245000", "073724.249000", "073724.253000", "073724.257000", "073724.261000", "073724.265000", "073724.269000", "073724.273000", "073724.277000", "073724.284000", "073724.288000", "073804.152000", "073804.157000", "073804.161000", "073804.165000", "073804.168000", "073804.172000", "073804.176000", "073804.180000", "073804.184000", "073804.188000", "073804.191000", "073804.195000", "073804.199000", "073804.203000", "073804.207000", "073804.212000", "073804.216000", "073804.219000", "073804.223000", "073804.227000", "073804.231000", "073804.235000", "073804.239000", "073804.243000", "073804.246000", "073804.250000", "073804.254000", "073804.258000", "073804.263000", "073804.267000", "073804.271000", "073804.275000", "073804.279000", "073804.283000", "073804.287000", "073844.152000", "073844.157000", "073844.162000", "073844.166000", "073844.170000", "073844.174000", "073844.178000", "073844.182000", "073844.186000", "073844.190000", "073844.194000", "073844.198000", "073844.202000", "073844.206000", "073844.210000", "073844.214000", "073844.218000", "073844.225000", "073844.229000", "073844.233000", "073844.236000", "073844.240000", "073844.244000", "073844.248000", "073844.251000", "073844.255000", "073844.259000", "073844.263000", "073844.267000", "073844.271000", "073844.275000", "073844.279000", "073844.282000", "073844.286000", "073844.290000", "073924.152000", "073924.157000", "073924.161000", "073924.165000", "073924.169000", "073924.173000", "073924.176000", "073924.180000", "073924.184000", "073924.188000", "073924.192000", "073924.196000", "073924.200000", "073924.204000", "073924.208000", "073924.212000", "073924.215000", "073924.219000", "073924.223000", "073924.227000", "073924.231000", "073924.235000", "073924.239000", "073924.242000", "073924.246000", "073924.250000", "073924.254000", "073924.258000", "073924.261000", "073924.265000", "073924.269000", "073924.272000", "073924.276000", "073924.280000", "073924.284000", "073924.288000", "074004.153000", "074004.158000", "074004.162000", "074004.166000", "074004.170000", "074004.173000", "074004.177000", "074004.181000", "074004.185000", "074004.198000", "074004.202000", "074004.206000", "074004.210000", "074004.213000", "074004.217000", "074004.221000", "074004.225000", "074004.229000", "074004.233000", "074004.237000", "074004.241000", "074004.245000", "074004.249000", "074004.252000", "074004.256000", "074004.260000", "074004.264000", "074004.268000", "074004.273000", "074004.277000", "074004.281000", "074004.285000", "074004.289000", "074004.293000", "074004.297000", "074044.154000", "074044.158000", "074044.162000", "074044.166000", "074044.170000", "074044.174000", "074044.178000", "074044.182000", "074044.186000", "074044.190000", "074044.194000", "074044.199000", "074044.203000", "074044.207000", "074044.210000", "074044.214000", "074044.218000", "074044.222000", "074044.226000", "074044.230000", "074044.234000", "074044.238000", "074044.242000", "074044.246000", "074044.250000", "074044.254000", "074044.258000", "074044.262000", "074044.266000", "074044.270000", "074044.274000", "074044.278000", "074044.282000", "074044.286000", "074044.291000", "074124.153000", "074124.158000", "074124.162000", "074124.166000", "074124.170000", "074124.174000", "074124.178000", "074124.182000", "074124.186000", "074124.190000", "074124.194000", "074124.198000", "074124.202000", "074124.206000", "074124.210000", "074124.215000", "074124.219000", "074124.223000", "074124.227000", "074124.231000", "074124.234000", "074124.238000", "074124.242000", "074124.246000", "074124.250000", "074124.254000", "074124.258000", "074124.262000", "074124.266000", "074124.270000", "074124.274000", "074124.278000", "074124.282000", "074124.286000", "074124.290000", "074204.154000", "074204.158000", "074204.162000", "074204.166000", "074204.170000", "074204.174000", "074204.178000", "074204.182000", "074204.186000", "074204.190000", "074204.198000", "074204.202000", "074204.206000", "074204.210000", "074204.214000", "074204.218000", "074204.222000", "074204.226000", "074204.230000", "074204.234000", "074204.238000", "074204.242000", "074204.246000", "074204.250000", "074204.254000", "074204.258000", "074204.262000", "074204.266000", "074204.270000", "074204.274000", "074204.278000", "074204.282000", "074204.286000", "074204.290000", "074204.294000", "074244.154000", "074244.159000", "074244.163000", "074244.167000", "074244.171000", "074244.175000", "074244.179000", "074244.184000", "074244.188000", "074244.192000", "074244.195000", "074244.199000", "074244.203000", "074244.207000", "074244.211000", "074244.215000", "074244.219000", "074244.223000", "074244.227000", "074244.231000", "074244.235000", "074244.239000", "074244.243000", "074244.248000", "074244.252000", "074244.256000", "074244.260000", "074244.264000", "074244.268000", "074244.272000", "074244.276000", "074244.280000", "074244.284000", "074244.288000", "074244.292000", "074324.155000", "074324.159000", "074324.163000", "074324.167000", "074324.171000", "074324.174000", "074324.178000", "074324.182000", "074324.192000", "074324.196000", "074324.200000", "074324.204000", "074324.208000", "074324.212000", "074324.216000", "074324.220000", "074324.224000", "074324.228000", "074324.232000", "074324.236000", "074324.240000", "074324.245000", "074324.248000", "074324.252000", "074324.256000", "074324.260000", "074324.264000", "074324.267000", "074324.271000", "074324.275000", "074324.279000", "074324.283000", "074324.286000", "074324.290000", "074324.294000", "074404.154000", "074404.159000", "074404.163000", "074404.166000", "074404.170000", "074404.174000", "074404.178000", "074404.182000", "074404.186000", "074404.190000", "074404.194000", "074404.198000", "074404.202000", "074404.206000", "074404.210000", "074404.214000", "074404.218000", "074404.222000", "074404.226000", "074404.230000", "074404.234000", "074404.238000", "074404.242000", "074404.246000", "074404.250000", "074404.254000", "074404.258000", "074404.262000", "074404.266000", "074404.270000", "074404.274000", "074404.278000", "074404.282000", "074404.286000", "074404.289000", "074444.154000", "074444.158000", "074444.162000", "074444.166000", "074444.170000", "074444.174000", "074444.178000", "074444.182000", "074444.186000", "074444.190000", "074444.194000", "074444.199000", "074444.204000", "074444.208000", "074444.212000", "074444.216000", "074444.220000", "074444.224000", "074444.228000", "074444.232000", "074444.236000", "074444.240000", "074444.244000", "074444.248000", "074444.251000", "074444.255000", "074444.260000", "074444.263000", "074444.267000", "074444.271000", "074444.275000", "074444.279000", "074444.283000", "074444.287000", "074444.290000", "074510.586000", "074510.591000", "074510.595000", "074510.599000", "074510.603000", "074510.607000", "074510.611000", "074510.615000", "074510.619000", "074510.623000", "074510.627000", "074510.631000", "074510.635000", "074510.638000", "074510.642000", "074510.646000", "074510.650000", "074510.654000", "074510.657000", "074510.661000", "074510.665000", "074510.669000", "074510.673000", "074510.677000"], "InstanceCreationTime": ["073604.192000", "073604.197000", "073604.201000", "073604.204000", "073604.208000", "073604.218000", "073604.222000", "073604.226000", "073604.230000", "073604.234000", "073604.238000", "073604.242000", "073604.246000", "073604.250000", "073604.254000", "073604.258000", "073604.263000", "073604.267000", "073604.271000", "073604.280000", "073604.284000", "073604.287000", "073604.291000", "073604.295000", "073604.299000", "073604.303000", "073604.307000", "073604.311000", "073604.315000", "073604.319000", "073604.323000", "073604.327000", "073604.331000", "073604.335000", "073604.339000", "073644.152000", "073644.157000", "073644.161000", "073644.165000", "073644.169000", "073644.172000", "073644.176000", "073644.180000", "073644.184000", "073644.188000", "073644.192000", "073644.196000", "073644.200000", "073644.203000", "073644.207000", "073644.211000", "073644.215000", "073644.219000", "073644.222000", "073644.226000", "073644.230000", "073644.234000", "073644.237000", "073644.241000", "073644.245000", "073644.254000", "073644.258000", "073644.262000", "073644.266000", "073644.270000", "073644.274000", "073644.277000", "073644.281000", "073644.285000", "073644.289000", "073644.292000", "073644.296000", "073644.300000", "073724.152000", "073724.156000", "073724.160000", "073724.164000", "073724.168000", "073724.171000", "073724.175000", "073724.179000", "073724.183000", "073724.186000", "073724.190000", "073724.194000", "073724.198000", "073724.202000", "073724.206000", "073724.210000", "073724.214000", "073724.218000", "073724.222000", "073724.226000", "073724.229000", "073724.233000", "073724.237000", "073724.241000", "073724.245000", "073724.249000", "073724.253000", "073724.257000", "073724.261000", "073724.265000", "073724.269000", "073724.273000", "073724.277000", "073724.284000", "073724.288000", "073804.152000", "073804.157000", "073804.161000", "073804.165000", "073804.168000", "073804.172000", "073804.176000", "073804.180000", "073804.184000", "073804.188000", "073804.191000", "073804.195000", "073804.199000", "073804.203000", "073804.207000", "073804.212000", "073804.216000", "073804.219000", "073804.223000", "073804.227000", "073804.231000", "073804.235000", "073804.239000", "073804.243000", "073804.246000", "073804.250000", "073804.254000", "073804.258000", "073804.263000", "073804.267000", "073804.271000", "073804.275000", "073804.279000", "073804.283000", "073804.287000", "073844.152000", "073844.157000", "073844.162000", "073844.166000", "073844.170000", "073844.174000", "073844.178000", "073844.182000", "073844.186000", "073844.190000", "073844.194000", "073844.198000", "073844.202000", "073844.206000", "073844.210000", "073844.214000", "073844.218000", "073844.225000", "073844.229000", "073844.233000", "073844.236000", "073844.240000", "073844.244000", "073844.248000", "073844.251000", "073844.255000", "073844.259000", "073844.263000", "073844.267000", "073844.271000", "073844.275000", "073844.279000", "073844.282000", "073844.286000", "073844.290000", "073924.152000", "073924.157000", "073924.161000", "073924.165000", "073924.169000", "073924.173000", "073924.176000", "073924.180000", "073924.184000", "073924.188000", "073924.192000", "073924.196000", "073924.200000", "073924.204000", "073924.208000", "073924.212000", "073924.215000", "073924.219000", "073924.223000", "073924.227000", "073924.231000", "073924.235000", "073924.239000", "073924.242000", "073924.246000", "073924.250000", "073924.254000", "073924.258000", "073924.261000", "073924.265000", "073924.269000", "073924.272000", "073924.276000", "073924.280000", "073924.284000", "073924.288000", "074004.153000", "074004.158000", "074004.162000", "074004.166000", "074004.170000", "074004.173000", "074004.177000", "074004.181000", "074004.185000", "074004.198000", "074004.202000", "074004.206000", "074004.210000", "074004.213000", "074004.217000", "074004.221000", "074004.225000", "074004.229000", "074004.233000", "074004.237000", "074004.241000", "074004.245000", "074004.249000", "074004.252000", "074004.256000", "074004.260000", "074004.264000", "074004.268000", "074004.273000", "074004.277000", "074004.281000", "074004.285000", "074004.289000", "074004.293000", "074004.297000", "074044.154000", "074044.158000", "074044.162000", "074044.166000", "074044.170000", "074044.174000", "074044.178000", "074044.182000", "074044.186000", "074044.190000", "074044.194000", "074044.199000", "074044.203000", "074044.207000", "074044.210000", "074044.214000", "074044.218000", "074044.222000", "074044.226000", "074044.230000", "074044.234000", "074044.238000", "074044.242000", "074044.246000", "074044.250000", "074044.254000", "074044.258000", "074044.262000", "074044.266000", "074044.270000", "074044.274000", "074044.278000", "074044.282000", "074044.286000", "074044.291000", "074124.153000", "074124.158000", "074124.162000", "074124.166000", "074124.170000", "074124.174000", "074124.178000", "074124.182000", "074124.186000", "074124.190000", "074124.194000", "074124.198000", "074124.202000", "074124.206000", "074124.210000", "074124.215000", "074124.219000", "074124.223000", "074124.227000", "074124.231000", "074124.234000", "074124.238000", "074124.242000", "074124.246000", "074124.250000", "074124.254000", "074124.258000", "074124.262000", "074124.266000", "074124.270000", "074124.274000", "074124.278000", "074124.282000", "074124.286000", "074124.290000", "074204.154000", "074204.158000", "074204.162000", "074204.166000", "074204.170000", "074204.174000", "074204.178000", "074204.182000", "074204.186000", "074204.190000", "074204.198000", "074204.202000", "074204.206000", "074204.210000", "074204.214000", "074204.218000", "074204.222000", "074204.226000", "074204.230000", "074204.234000", "074204.238000", "074204.242000", "074204.246000", "074204.250000", "074204.254000", "074204.258000", "074204.262000", "074204.266000", "074204.270000", "074204.274000", "074204.278000", "074204.282000", "074204.286000", "074204.290000", "074204.294000", "074244.154000", "074244.159000", "074244.163000", "074244.167000", "074244.171000", "074244.175000", "074244.179000", "074244.184000", "074244.188000", "074244.192000", "074244.195000", "074244.199000", "074244.203000", "074244.207000", "074244.211000", "074244.215000", "074244.219000", "074244.223000", "074244.227000", "074244.231000", "074244.235000", "074244.239000", "074244.243000", "074244.248000", "074244.252000", "074244.256000", "074244.260000", "074244.264000", "074244.268000", "074244.272000", "074244.276000", "074244.280000", "074244.284000", "074244.288000", "074244.292000", "074324.155000", "074324.159000", "074324.163000", "074324.167000", "074324.171000", "074324.174000", "074324.178000", "074324.182000", "074324.192000", "074324.196000", "074324.200000", "074324.204000", "074324.208000", "074324.212000", "074324.216000", "074324.220000", "074324.224000", "074324.228000", "074324.232000", "074324.236000", "074324.240000", "074324.245000", "074324.248000", "074324.252000", "074324.256000", "074324.260000", "074324.264000", "074324.267000", "074324.271000", "074324.275000", "074324.279000", "074324.283000", "074324.286000", "074324.290000", "074324.294000", "074404.154000", "074404.159000", "074404.163000", "074404.166000", "074404.170000", "074404.174000", "074404.178000", "074404.182000", "074404.186000", "074404.190000", "074404.194000", "074404.198000", "074404.202000", "074404.206000", "074404.210000", "074404.214000", "074404.218000", "074404.222000", "074404.226000", "074404.230000", "074404.234000", "074404.238000", "074404.242000", "074404.246000", "074404.250000", "074404.254000", "074404.258000", "074404.262000", "074404.266000", "074404.270000", "074404.274000", "074404.278000", "074404.282000", "074404.286000", "074404.289000", "074444.154000", "074444.158000", "074444.162000", "074444.166000", "074444.170000", "074444.174000", "074444.178000", "074444.182000", "074444.186000", "074444.190000", "074444.194000", "074444.199000", "074444.204000", "074444.208000", "074444.212000", "074444.216000", "074444.220000", "074444.224000", "074444.228000", "074444.232000", "074444.236000", "074444.240000", "074444.244000", "074444.248000", "074444.251000", "074444.255000", "074444.260000", "074444.263000", "074444.267000", "074444.271000", "074444.275000", "074444.279000", "074444.283000", "074444.287000", "074444.290000", "074510.586000", "074510.591000", "074510.595000", "074510.599000", "074510.603000", "074510.607000", "074510.611000", "074510.615000", "074510.619000", "074510.623000", "074510.627000", "074510.631000", "074510.635000", "074510.638000", "074510.642000", "074510.646000", "074510.650000", "074510.654000", "074510.657000", "074510.661000", "074510.665000", "074510.669000", "074510.673000", "074510.677000"], "InstanceNumber": [1, 2, 3, 4, 5, 6, 7, 8, 9, 10, 11, 12, 13, 14, 15, 16, 17, 18, 19, 20, 21, 22, 23, 24, 25, 26, 27, 28, 29, 30, 31, 32, 33, 34, 35, 36, 37, 38, 39, 40, 41, 42, 43, 44, 45, 46, 47, 48, 49, 50, 51, 52, 53, 54, 55, 56, 57, 58, 59, 60, 61, 62, 63, 64, 65, 66, 67, 68, 69, 70, 71, 72, 73, 74, 75, 76, 77, 78, 79, 80, 81, 82, 83, 84, 85, 86, 87, 88, 89, 90, 91, 92, 93, 94, 95, 96, 97, 98, 99, 100, 101, 102, 103, 104, 105, 106, 107, 108, 109, 110, 111, 112, 113, 114, 115, 116, 117, 118, 119, 120, 121, 122, 123, 124, 125, 126, 127, 128, 129, 130, 131, 132, 133, 134, 135, 136, 137, 138, 139, 140, 141, 142, 143, 144, 145, 146, 147, 148, 149, 150, 151, 152, 153, 154, 155, 156, 157, 158, 159, 160, 161, 162, 163, 164, 165, 166, 167, 168, 169, 170, 171, 172, 173, 174, 175, 176, 177, 178, 179, 180, 181, 182, 183, 184, 185, 186, 187, 188, 189, 190, 191, 192, 193, 194, 195, 196, 197, 198, 199, 200, 201, 202, 203, 204, 205, 206, 207, 208, 209, 210, 211, 212, 213, 214, 215, 216, 217, 218, 219, 220, 221, 222, 223, 224, 225, 226, 227, 228, 229, 230, 231, 232, 233, 234, 235, 236, 237, 238, 239, 240, 241, 242, 243, 244, 245, 246, 247, 248, 249, 250, 251, 252, 253, 254, 255, 256, 257, 258, 259, 260, 261, 262, 263, 264, 265, 266, 267, 268, 269, 270, 271, 272, 273, 274, 275, 276, 277, 278, 279, 280, 281, 282, 283, 284, 285, 286, 287, 288, 289, 290, 291, 292, 293, 294, 295, 296, 297, 298, 299, 300, 301, 302, 303, 304, 305, 306, 307, 308, 309, 310, 311, 312, 313, 314, 315, 316, 317, 318, 319, 320, 321, 322, 323, 324, 325, 326, 327, 328, 329, 330, 331, 332, 333, 334, 335, 336, 337, 338, 339, 340, 341, 342, 343, 344, 345, 346, 347, 348, 349, 350, 351, 352, 353, 354, 355, 356, 357, 358, 359, 360, 361, 362, 363, 364, 365, 366, 367, 368, 369, 370, 371, 372, 373, 374, 375, 376, 377, 378, 379, 380, 381, 382, 383, 384, 385, 386, 387, 388, 389, 390, 391, 392, 393, 394, 395, 396, 397, 398, 399, 400, 401, 402, 403, 404, 405, 406, 407, 408, 409, 410, 411, 412, 413, 414, 415, 416, 417, 418, 419, 420, 421, 422, 423, 424, 425, 426, 427, 428, 429, 430, 431, 432, 433, 434, 435, 436, 437, 438, 439, 440, 441, 442, 443, 444, 445, 446, 447, 448, 449, 450, 451, 452, 453, 454, 455, 456, 457, 458, 459, 460, 461, 462, 463, 464, 465, 466, 467, 468, 469, 470, 471, 472, 473, 474, 475, 476, 477, 478, 479, 480, 481, 482, 483, 484, 485, 486, 487, 488, 489, 490, 491, 492, 493, 494, 495, 496, 497, 498, 499, 500, 501, 502, 503, 504, 505, 506, 507, 508, 509, 510, 511, 512, 513, 514, 515, 516, 517, 518], "LargestImagePixelValue": [40002, 33654, 35983, 43302, 31902, 32599, 34693, 38565, 42618, 31038, 32393, 40491, 39852, 34193, 34103, 40181, 37835, 33881, 42732, 40331, 46247, 37354, 33932, 42045, 36544, 32491, 35324, 45623, 34674, 36845, 30701, 35160, 35929, 34975, 36073, 43534, 34312, 36707, 39348, 45607, 31856, 33902, 44064, 33946, 35988, 38409, 34018, 36388, 45202, 35045, 38564, 44727, 37917, 39561, 45309, 37005, 34869, 43155, 33797, 39635, 37477, 45241, 32281, 37707, 30604, 33268, 35637, 44661, 33972, 36603, 43781, 30799, 34463, 39699, 31034, 34659, 47342, 32730, 39504, 41788, 47751, 37046, 35465, 44050, 30861, 41260, 37609, 46535, 33090, 33503, 44421, 38253, 32788, 37374, 43829, 40179, 36044, 37809, 45057, 34383, 34960, 45138, 38592, 32969, 44400, 41870, 45733, 34026, 38386, 44390, 31761, 42383, 36516, 43231, 35163, 35396, 44427, 37793, 31233, 34905, 39462, 34834, 34679, 41668, 49118, 42806, 36308, 36688, 45235, 33598, 34199, 44498, 45889, 41965, 39567, 48178, 35375, 33994, 41814, 34452, 35364, 44361, 33506, 37457, 38927, 35959, 39694, 47644, 38360, 36114, 45630, 32332, 34799, 46013, 33153, 37209, 46801, 43226, 34899, 42029, 39537, 40521, 41735, 47055, 32379, 33730, 43200, 30806, 35196, 34609, 30801, 36667, 43570, 30503, 34783, 46679, 38563, 34085, 44586, 44005, 42155, 44493, 32494, 34769, 39436, 46434, 32388, 35026, 45188, 31937, 33445, 42595, 32071, 35333, 45002, 44112, 33370, 46131, 43962, 35042, 38913, 43643, 31815, 43232, 38250, 44093, 48873, 43056, 44868, 44476, 49302, 38946, 38294, 43222, 45835, 39195, 31200, 37225, 44227, 47225, 40107, 39078, 37546, 40426, 44627, 44286, 33720, 35173, 41654, 39960, 32670, 36924, 40657, 44838, 41050, 33872, 38587, 50701, 36638, 38391, 42362, 50434, 39318, 34137, 45429, 36473, 33373, 43752, 48273, 41018, 41906, 45163, 43997, 35847, 36910, 44444, 30792, 34474, 43429, 49763, 32248, 45693, 39080, 46599, 34687, 34059, 46601, 32420, 31428, 39057, 42829, 48789, 35195, 34050, 44546, 50738, 41639, 37041, 43960, 45876, 34209, 34943, 40342, 45264, 30900, 34568, 43689, 47263, 41892, 32379, 40455, 44332, 34272, 34201, 38220, 47638, 49100, 38204, 42840, 49976, 35382, 35576, 38786, 48939, 33640, 35133, 48094, 32871, 40148, 40986, 50291, 36414, 39009, 39338, 33494, 40269, 45161, 34091, 36549, 45633, 48211, 34687, 38812, 54305, 41274, 40215, 39764, 33975, 39844, 49873, 32254, 39089, 48692, 37233, 43915, 48087, 32476, 39204, 46510, 36600, 47337, 36502, 44227, 48597, 39351, 39145, 44829, 36666, 43468, 34463, 44059, 40514, 36493, 50931, 33358, 36404, 37132, 38424, 35617, 37484, 43365, 44730, 34790, 48756, 32411, 40428, 30349, 38212, 49106, 33278, 38548, 52357, 44530, 38639, 44468, 36699, 39297, 41021, 36173, 48929, 32040, 36110, 47619, 32466, 38438, 32542, 37389, 44133, 49016, 42058, 44301, 34727, 40932, 43799, 48247, 39568, 42180, 40016, 34311, 42390, 46949, 34008, 38428, 51507, 37536, 33434, 47684, 32941, 33216, 32506, 41688, 48238, 40238, 47556, 44492, 52792, 34731, 35970, 51276, 32646, 37842, 38606, 47227, 33978, 37102, 45843, 48976, 39571, 43717, 50252, 43476, 42498, 51792, 36103, 36939, 45730, 42277, 41699, 43640, 34637, 38588, 51257, 35025, 42287, 39460, 35032, 40876, 49709, 34214, 37842, 34532, 36507, 47469, 49248, 43060, 39486, 50217, 37842, 34776, 48767, 33284, 39135, 41028, 46776, 35479, 34197, 46581, 32525, 37834, 40114, 49633, 43865, 38266, 43041, 53688, 46762, 37829, 40799, 49220, 33819, 33962, 41569, 50209, 51927, 43287, 41078, 39823, 47446, 38945, 31652, 40584, 51902, 32670, 39177, 41978, 50442, 34314, 38174, 52009, 34802, 36426, 43261, 51799, 36119, 36360, 47540, 50126, 34332, 39781, 51338, 33968, 32935, 38301, 44204, 45464, 33169, 39758, 53900], "WindowCenter": [11074.0, 11020.0, 11021.0, 11048.0, 11010.0, 11004.0, 11002.0, 11012.0, 11028.0, 11007.0, 11015.0, 11044.0, 11040.0, 11023.0, 11025.0, 11055.0, 11046.0, 11035.0, 11054.0, 11040.0, 11048.0, 11029.0, 11016.0, 11040.0, 11023.0, 11007.0, 11018.0, 11049.0, 11025.0, 11034.0, 11007.0, 11027.0, 11025.0, 11022.0, 11039.0, 11061.0, 11025.0, 11034.0, 11036.0, 11044.0, 11005.0, 11021.0, 11065.0, 11039.0, 11045.0, 11051.0, 11034.0, 11043.0, 11071.0, 11048.0, 11059.0, 11064.0, 11042.0, 11037.0, 11049.0, 11036.0, 11026.0, 11046.0, 11013.0, 11024.0, 11017.0, 11047.0, 11017.0, 11039.0, 11017.0, 11026.0, 11028.0, 11059.0, 11034.0, 11045.0, 11059.0, 11017.0, 11025.0, 11045.0, 11022.0, 11052.0, 11083.0, 11033.0, 11052.0, 11048.0, 11056.0, 11045.0, 11035.0, 11058.0, 11017.0, 11046.0, 11035.0, 11056.0, 11032.0, 11040.0, 11067.0, 11049.0, 11030.0, 11042.0, 11070.0, 11056.0, 11039.0, 11049.0, 11066.0, 11040.0, 11052.0, 11082.0, 11054.0, 11029.0, 11055.0, 11046.0, 11053.0, 11028.0, 11051.0, 11063.0, 11022.0, 11051.0, 11028.0, 11046.0, 11037.0, 11043.0, 11068.0, 11044.0, 11018.0, 11027.0, 11051.0, 11039.0, 11052.0, 11073.0, 11083.0, 11060.0, 11034.0, 11033.0, 11055.0, 11025.0, 11034.0, 11069.0, 11067.0, 11048.0, 11037.0, 11055.0, 11024.0, 11020.0, 11053.0, 11035.0, 11043.0, 11070.0, 11047.0, 11059.0, 11069.0, 11065.0, 11076.0, 11101.0, 11074.0, 11069.0, 11093.0, 11050.0, 11055.0, 11095.0, 11059.0, 11067.0, 11088.0, 11069.0, 11041.0, 11063.0, 11065.0, 11056.0, 11051.0, 11061.0, 11018.0, 11024.0, 11068.0, 11035.0, 11052.0, 11049.0, 11030.0, 11051.0, 11079.0, 11032.0, 11060.0, 11093.0, 11066.0, 11047.0, 11078.0, 11069.0, 11074.0, 11070.0, 11031.0, 11043.0, 11061.0, 11082.0, 11047.0, 11054.0, 11088.0, 11053.0, 11060.0, 11089.0, 11052.0, 11066.0, 11095.0, 11097.0, 11052.0, 11088.0, 11075.0, 11055.0, 11068.0, 11120.0, 11080.0, 11118.0, 11105.0, 11100.0, 11095.0, 11070.0, 11075.0, 11079.0, 11084.0, 11062.0, 11063.0, 11071.0, 11073.0, 11051.0, 11026.0, 11046.0, 11061.0, 11057.0, 11037.0, 11040.0, 11029.0, 11039.0, 11052.0, 11051.0, 11030.0, 11043.0, 11073.0, 11075.0, 11058.0, 11066.0, 11073.0, 11084.0, 11077.0, 11058.0, 11079.0, 11112.0, 11071.0, 11083.0, 11089.0, 11100.0, 11072.0, 11063.0, 11109.0, 11080.0, 11066.0, 11097.0, 11099.0, 11080.0, 11089.0, 11095.0, 11090.0, 11066.0, 11067.0, 11086.0, 11050.0, 11070.0, 11101.0, 11103.0, 11045.0, 11081.0, 11058.0, 11079.0, 11061.0, 11065.0, 11104.0, 11067.0, 11061.0, 11085.0, 11095.0, 11110.0, 11082.0, 11068.0, 11102.0, 11112.0, 11090.0, 11077.0, 11098.0, 11102.0, 11067.0, 11063.0, 11079.0, 11096.0, 11071.0, 11084.0, 11106.0, 11112.0, 11092.0, 11059.0, 11093.0, 11111.0, 11082.0, 11089.0, 11105.0, 11124.0, 11119.0, 11091.0, 11105.0, 11118.0, 11075.0, 11075.0, 11085.0, 11109.0, 11076.0, 11085.0, 11117.0, 11081.0, 11096.0, 11096.0, 11124.0, 11090.0, 11103.0, 11104.0, 11082.0, 11105.0, 11125.0, 11093.0, 11103.0, 11128.0, 11126.0, 11085.0, 11101.0, 11138.0, 11107.0, 11102.0, 11097.0, 11075.0, 11090.0, 11115.0, 11073.0, 11103.0, 11121.0, 11091.0, 11107.0, 11108.0, 11062.0, 11091.0, 11114.0, 11089.0, 11122.0, 11097.0, 11107.0, 11107.0, 11085.0, 11085.0, 11098.0, 11084.0, 11109.0, 11100.0, 11119.0, 11100.0, 11089.0, 11123.0, 11077.0, 11093.0, 11101.0, 11108.0, 11098.0, 11105.0, 11117.0, 11115.0, 11095.0, 11134.0, 11083.0, 11115.0, 11082.0, 11105.0, 11129.0, 11092.0, 11106.0, 11130.0, 11112.0, 11100.0, 11109.0, 11088.0, 11105.0, 11111.0, 11100.0, 11132.0, 11079.0, 11091.0, 11126.0, 11087.0, 11110.0, 11096.0, 11107.0, 11131.0, 11130.0, 11110.0, 11122.0, 11090.0, 11105.0, 11111.0, 11116.0, 11102.0, 11114.0, 11104.0, 11082.0, 11108.0, 11116.0, 11083.0, 11108.0, 11136.0, 11102.0, 11085.0, 11127.0, 11109.0, 11105.0, 11119.0, 11150.0, 11147.0, 11116.0, 11121.0, 11106.0, 11127.0, 11090.0, 11101.0, 11138.0, 11089.0, 11101.0, 11105.0, 11126.0, 11093.0, 11108.0, 11130.0, 11126.0, 11101.0, 11116.0, 11123.0, 11108.0, 11113.0, 11129.0, 11091.0, 11103.0, 11123.0, 11119.0, 11122.0, 11120.0, 11090.0, 11103.0, 11135.0, 11104.0, 11119.0, 11104.0, 11095.0, 11112.0, 11136.0, 11098.0, 11112.0, 11116.0, 11123.0, 11154.0, 11144.0, 11121.0, 11110.0, 11134.0, 11107.0, 11103.0, 11140.0, 11099.0, 11118.0, 11123.0, 11128.0, 11114.0, 11111.0, 11150.0, 11113.0, 11128.0, 11126.0, 11157.0, 11136.0, 11119.0, 11133.0, 11149.0, 11135.0, 11109.0, 11123.0, 11150.0, 11108.0, 11101.0, 11125.0, 11140.0, 11140.0, 11119.0, 11107.0, 11103.0, 11124.0, 11103.0, 11086.0, 11126.0, 11150.0, 11103.0, 11124.0, 11131.0, 11152.0, 11110.0, 11127.0, 11157.0, 11108.0, 11107.0, 11123.0, 11142.0, 11110.0, 11107.0, 11133.0, 11135.0, 11089.0, 11106.0, 11139.0, 11092.0, 11090.0, 11112.0, 11126.0, 11131.0, 11111.0, 11132.0, 11162.0], "WindowWidth": [23819.0, 23665.0, 23663.0, 23728.0, 23629.0, 23608.0, 23603.0, 23628.0, 23673.0, 23622.0, 23638.0, 23709.0, 23701.0, 23659.0, 23665.0, 23740.0, 23716.0, 23688.0, 23735.0, 23699.0, 23724.0, 23677.0, 23640.0, 23697.0, 23658.0, 23618.0, 23644.0, 23728.0, 23664.0, 23683.0, 23619.0, 23667.0, 23663.0, 23658.0, 23703.0, 23755.0, 23662.0, 23683.0, 23690.0, 23712.0, 23614.0, 23654.0, 23770.0, 23702.0, 23712.0, 23730.0, 23687.0, 23707.0, 23782.0, 23724.0, 23746.0, 23764.0, 23705.0, 23691.0, 23724.0, 23693.0, 23662.0, 23713.0, 23631.0, 23656.0, 23638.0, 23722.0, 23644.0, 23695.0, 23645.0, 23664.0, 23669.0, 23753.0, 23690.0, 23710.0, 23748.0, 23644.0, 23663.0, 23711.0, 23658.0, 23734.0, 23810.0, 23681.0, 23728.0, 23716.0, 23742.0, 23715.0, 23687.0, 23744.0, 23642.0, 23713.0, 23686.0, 23740.0, 23685.0, 23700.0, 23766.0, 23723.0, 23674.0, 23701.0, 23781.0, 23740.0, 23694.0, 23720.0, 23768.0, 23702.0, 23733.0, 23809.0, 23733.0, 23668.0, 23734.0, 23713.0, 23732.0, 23671.0, 23729.0, 23759.0, 23651.0, 23724.0, 23667.0, 23713.0, 23695.0, 23705.0, 23769.0, 23706.0, 23644.0, 23665.0, 23726.0, 23699.0, 23733.0, 23785.0, 23811.0, 23747.0, 23679.0, 23677.0, 23736.0, 23661.0, 23681.0, 23770.0, 23767.0, 23719.0, 23688.0, 23734.0, 23658.0, 23647.0, 23729.0, 23686.0, 23706.0, 23778.0, 23723.0, 23747.0, 23773.0, 23764.0, 23790.0, 23859.0, 23788.0, 23770.0, 23835.0, 23728.0, 23737.0, 23840.0, 23747.0, 23766.0, 23820.0, 23769.0, 23699.0, 23753.0, 23766.0, 23737.0, 23721.0, 23750.0, 23643.0, 23654.0, 23771.0, 23687.0, 23726.0, 23722.0, 23673.0, 23726.0, 23798.0, 23678.0, 23747.0, 23831.0, 23763.0, 23714.0, 23792.0, 23769.0, 23783.0, 23774.0, 23674.0, 23702.0, 23747.0, 23806.0, 23720.0, 23732.0, 23819.0, 23732.0, 23749.0, 23822.0, 23729.0, 23762.0, 23839.0, 23845.0, 23728.0, 23818.0, 23785.0, 23735.0, 23767.0, 23913.0, 23801.0, 23897.0, 23863.0, 23843.0, 23837.0, 23767.0, 23779.0, 23793.0, 23806.0, 23745.0, 23745.0, 23767.0, 23774.0, 23719.0, 23656.0, 23703.0, 23740.0, 23732.0, 23681.0, 23690.0, 23659.0, 23683.0, 23718.0, 23717.0, 23667.0, 23697.0, 23774.0, 23784.0, 23744.0, 23756.0, 23773.0, 23802.0, 23787.0, 23737.0, 23792.0, 23879.0, 23771.0, 23800.0, 23814.0, 23846.0, 23773.0, 23754.0, 23873.0, 23794.0, 23756.0, 23835.0, 23843.0, 23795.0, 23819.0, 23831.0, 23819.0, 23757.0, 23761.0, 23808.0, 23720.0, 23770.0, 23851.0, 23855.0, 23703.0, 23791.0, 23735.0, 23790.0, 23749.0, 23758.0, 23855.0, 23763.0, 23745.0, 23805.0, 23831.0, 23875.0, 23804.0, 23762.0, 23848.0, 23880.0, 23821.0, 23790.0, 23840.0, 23851.0, 23762.0, 23751.0, 23789.0, 23835.0, 23779.0, 23805.0, 23859.0, 23875.0, 23822.0, 23743.0, 23831.0, 23876.0, 23801.0, 23820.0, 23860.0, 23907.0, 23899.0, 23825.0, 23860.0, 23893.0, 23781.0, 23783.0, 23805.0, 23870.0, 23792.0, 23809.0, 23890.0, 23799.0, 23836.0, 23834.0, 23914.0, 23824.0, 23853.0, 23858.0, 23801.0, 23860.0, 23915.0, 23829.0, 23855.0, 23920.0, 23915.0, 23810.0, 23849.0, 23951.0, 23866.0, 23850.0, 23839.0, 23782.0, 23817.0, 23886.0, 23780.0, 23856.0, 23902.0, 23819.0, 23860.0, 23868.0, 23749.0, 23820.0, 23884.0, 23818.0, 23902.0, 23840.0, 23862.0, 23861.0, 23803.0, 23803.0, 23842.0, 23804.0, 23870.0, 23850.0, 23895.0, 23842.0, 23812.0, 23906.0, 23787.0, 23827.0, 23852.0, 23864.0, 23840.0, 23857.0, 23885.0, 23883.0, 23835.0, 23935.0, 23802.0, 23881.0, 23800.0, 23856.0, 23920.0, 23826.0, 23859.0, 23927.0, 23875.0, 23842.0, 23868.0, 23812.0, 23857.0, 23875.0, 23842.0, 23928.0, 23791.0, 23821.0, 23916.0, 23812.0, 23869.0, 23837.0, 23861.0, 23924.0, 23923.0, 23868.0, 23897.0, 23818.0, 23853.0, 23869.0, 23886.0, 23850.0, 23880.0, 23850.0, 23795.0, 23862.0, 23886.0, 23800.0, 23866.0, 23941.0, 23848.0, 23804.0, 23911.0, 23872.0, 23856.0, 23897.0, 23971.0, 23963.0, 23880.0, 23892.0, 23855.0, 23915.0, 23819.0, 23847.0, 23942.0, 23811.0, 23842.0, 23852.0, 23908.0, 23825.0, 23863.0, 23916.0, 23912.0, 23842.0, 23883.0, 23902.0, 23858.0, 23873.0, 23920.0, 23820.0, 23851.0, 23904.0, 23890.0, 23897.0, 23892.0, 23816.0, 23849.0, 23936.0, 23857.0, 23890.0, 23850.0, 23827.0, 23869.0, 23939.0, 23840.0, 23874.0, 23886.0, 23902.0, 23983.0, 23958.0, 23893.0, 23864.0, 23932.0, 23863.0, 23853.0, 23945.0, 23838.0, 23886.0, 23899.0, 23913.0, 23883.0, 23871.0, 23972.0, 23877.0, 23914.0, 23908.0, 23995.0, 23936.0, 23889.0, 23926.0, 23974.0, 23936.0, 23868.0, 23899.0, 23972.0, 23865.0, 23843.0, 23904.0, 23947.0, 23951.0, 23893.0, 23855.0, 23845.0, 23902.0, 23850.0, 23808.0, 23909.0, 23974.0, 23849.0, 23903.0, 23920.0, 23979.0, 23872.0, 23910.0, 23992.0, 23865.0, 23858.0, 23898.0, 23953.0, 23872.0, 23857.0, 23923.0, 23931.0, 23811.0, 23856.0, 23945.0, 23819.0, 23813.0, 23870.0, 23906.0, 23923.0, 23875.0, 23926.0, 24004.0]}, "slices": {}}}