{"AcquisitionMatrixPE": 96, "AcquisitionNumber": 1, "AcquisitionTime": "07:43:36.000000", "BandwidthPerPixelPhaseEncode": 33.602, "BaseResolution": 96, "BodyPartExamined": "BRAIN", "ConsistencyInfo": "N4_VD11D_LATEST_20110129", "ConversionSoftware": "dcm2niix", "ConversionSoftwareVersion": "v1.0.20210317", "DerivedVendorReportedEchoSpacing": 0.000620003, "DeviceSerialNumber": "45239", "DwellTime": 2.6e-06, "EchoTime": 0.03, "EchoTrainLength": 48, "EffectiveEchoSpacing": 0.000310001, "FlipAngle": 63, "ImageComments": "Unaliased MB4/PE3", "ImageOrientationPatientDICOM": [0.999977, -0.00602943, 0.00303248, 0.00674907, 0.893351, -0.449309], "ImageType": ["ORIGINAL", "PRIMARY", "M", "ND", "NORM", "MOSAIC"], "ImagingFrequency": 123.193, "InPlanePhaseEncodingDirectionDICOM": "COL", "InstitutionAddress": "E 24th St. 100,Austin,Southmiddle,US,78712", "InstitutionName": "Univ of Texas at Austin", "InstitutionalDepartmentName": "IRC", "MRAcquisitionType": "2D", "MagneticFieldStrength": 3, "Manufacturer": "Siemens", "ManufacturersModelName": "Skyra", "Modality": "MR", "MultibandAccelerationFactor": 4, "ParallelReductionFactorInPlane": 2, "PartialFourier": 1, "PatientPosition": "HFS", "PercentPhaseFOV": 100, "PercentSampling": 100, "PhaseEncodingDirection": "j-", "PhaseEncodingSteps": 96, "PhaseResolution": 1, "PixelBandwidth": 2005, "ProcedureStepDescription": "Poldrack2^self-scanning", "ProtocolName": "Resting State fMRI MBEPI_matrix96_BW2004", "PulseSequenceDetails": "%CustomerSeq%\\cmrr_mbep2d_bold", "ReceiveCoilActiveElements": "HEA;HEP", "ReceiveCoilName": "Head_32", "ReconMatrixPE": 96, "RefLinesPE": 94, "RepetitionTime": 1.16, "SAR": 0.0988348, "ScanOptions": "FS", "ScanningSequence": "EP", "SequenceName": "epfid2d1_96", "SequenceVariant": "SK", "SeriesDescription": "Resting State fMRI MBEPI_matrix96_BW2004", "SeriesNumber": 6, "ShimSetting": [-2763, 8055, -15402, 173, -182, 148, 245, -92], "SliceThickness": 2, "SliceTiming": [0, 0.4975, 0.9975, 0.355, 0.855, 0.215, 0.7125, 0.0725, 0.57, 1.0675, 0.4275, 0.925, 0.285, 0.7825, 0.1425, 0.64, 0, 0.4975, 0.9975, 0.355, 0.855, 0.215, 0.7125, 0.0725, 0.57, 1.0675, 0.4275, 0.925, 0.285, 0.7825, 0.1425, 0.64, 0, 0.4975, 0.9975, 0.355, 0.855, 0.215, 0.7125, 0.0725, 0.57, 1.0675, 0.4275, 0.925, 0.285, 0.7825, 0.1425, 0.64, 0, 0.4975, 0.9975, 0.355, 0.855, 0.215, 0.7125, 0.0725, 0.57, 1.0675, 0.4275, 0.925, 0.285, 0.7825, 0.1425, 0.64], "SoftwareVersions": "syngo MR D11", "SpacingBetweenSlices": 2.4, "StationName": "AWP45239", "TaskName": "Resting fmri", "TotalReadoutTime": 0.0294501, "TxRefAmp": 337.458, "WipMemBlock": "b02d875b-e542-44c9-b937-3f72af8ad5eb||Sequence: VD11D r206; Feb 13 2013 18:52:04 by eja", "dcmmeta_affine": [[-2.3957786560058594, 0.01616964489221573, -7.255534839600841e-09, 117.84284973144531], [0.014445500448346138, 2.140320062637329, -1.078365683555603, -85.17235565185547], [0.0072653223760426044, 1.0764689445495605, 2.1440913677215576, -80.50146484375], [0.0, 0.0, 0.0, 1.0]], "dcmmeta_reorient_transform": [[0.0, -1.0, 0.0, 95.0], [1.0, 0.0, 0.0, 0.0], [0.0, 0.0, 1.0, 0.0], [0.0, 0.0, 0.0, 1.0]], "dcmmeta_shape": [96, 96, 64, 518], "dcmmeta_slice_dim": 2, "dcmmeta_version": 0.6, "global": {"const": {"AcquisitionMatrix": [96, 0, 0, 96], "AngioFlag": "N", "BitsAllocated": 16, "BitsStored": 16, "BodyPartExamined": "BRAIN", "Columns": 768, "EchoNumbers": 1, "EchoTime": 30.0, "EchoTrainLength": 48, "FlipAngle": 63.0, "HighBit": 15, "ImageOrientationPatient": [0.99997722477422, -0.0060294264537, 0.00303248239802, 0.00674906903612, 0.89335102982242, -0.449308788677], "ImagePositionPatient": [-929.79360592132, -832.45191972141, 381.01550094727], "ImageType": ["ORIGINAL", "PRIMARY", "M", "ND", "NORM", "MOSAIC"], "ImagedNucleus": "1H", "ImagingFrequency": 123.193274, "InPlanePhaseEncodingDirection": "COL", "MRAcquisitionType": "2D", "MagneticFieldStrength": 3.0, "Manufacturer": "SIEMENS", "ManufacturerModelName": "Skyra", "Modality": "MR", "NumberOfAverages": 1.0, "NumberOfPhaseEncodingSteps": 96, "PercentPhaseFieldOfView": 100.0, "PercentSampling": 100.0, "PerformedProcedureStepStartTime": "072602.875000", "PhotometricInterpretation": "MONOCHROME2", "PixelBandwidth": 2005.0, "PixelRepresentation": 0, "PixelSpacing": [2.3958332538605, 2.3958332538605], "ProtocolName": "Resting State fMRI MBEPI_matrix96_BW2004", "RepetitionTime": 1160.0, "Rows": 768, "SAR": 0.09883478856606, "SamplesPerPixel": 1, "ScanOptions": "FS", "ScanningSequence": "EP", "SequenceName": "epfid2d1_96", "SequenceVariant": "SK", "SeriesDescription": "Resting State fMRI MBEPI_matrix96_BW2004", "SeriesNumber": 6, "SeriesTime": "074415.171000", "SliceLocation": -33.648142668479, "SliceThickness": 2.0, "SmallestImagePixelValue": 0, "SoftwareVersions": "syngo MR D11", "SpacingBetweenSlices": 2.3999999887492, "SpecificCharacterSet": "ISO_IR 100", "StudyID": "1", "StudyTime": "072602.828000", "TransmitCoilName": "Body", "VariableFlipAngleFlag": "N", "WindowCenterWidthExplanation": "Algo1", "dBdt": 0.0}, "slices": {}}, "time": {"samples": {"AcquisitionNumber": [1, 2, 3, 4, 5, 6, 7, 8, 9, 10, 11, 12, 13, 14, 15, 16, 17, 18, 19, 20, 21, 22, 23, 24, 25, 26, 27, 28, 29, 30, 31, 32, 33, 34, 35, 36, 37, 38, 39, 40, 41, 42, 43, 44, 45, 46, 47, 48, 49, 50, 51, 52, 53, 54, 55, 56, 57, 58, 59, 60, 61, 62, 63, 64, 65, 66, 67, 68, 69, 70, 71, 72, 73, 74, 75, 76, 77, 78, 79, 80, 81, 82, 83, 84, 85, 86, 87, 88, 89, 90, 91, 92, 93, 94, 95, 96, 97, 98, 99, 100, 101, 102, 103, 104, 105, 106, 107, 108, 109, 110, 111, 112, 113, 114, 115, 116, 117, 118, 119, 120, 121, 122, 123, 124, 125, 126, 127, 128, 129, 130, 131, 132, 133, 134, 135, 136, 137, 138, 139, 140, 141, 142, 143, 144, 145, 146, 147, 148, 149, 150, 151, 152, 153, 154, 155, 156, 157, 158, 159, 160, 161, 162, 163, 164, 165, 166, 167, 168, 169, 170, 171, 172, 173, 174, 175, 176, 177, 178, 179, 180, 181, 182, 183, 184, 185, 186, 187, 188, 189, 190, 191, 192, 193, 194, 195, 196, 197, 198, 199, 200, 201, 202, 203, 204, 205, 206, 207, 208, 209, 210, 211, 212, 213, 214, 215, 216, 217, 218, 219, 220, 221, 222, 223, 224, 225, 226, 227, 228, 229, 230, 231, 232, 233, 234, 235, 236, 237, 238, 239, 240, 241, 242, 243, 244, 245, 246, 247, 248, 249, 250, 251, 252, 253, 254, 255, 256, 257, 258, 259, 260, 261, 262, 263, 264, 265, 266, 267, 268, 269, 270, 271, 272, 273, 274, 275, 276, 277, 278, 279, 280, 281, 282, 283, 284, 285, 286, 287, 288, 289, 290, 291, 292, 293, 294, 295, 296, 297, 298, 299, 300, 301, 302, 303, 304, 305, 306, 307, 308, 309, 310, 311, 312, 313, 314, 315, 316, 317, 318, 319, 320, 321, 322, 323, 324, 325, 326, 327, 328, 329, 330, 331, 332, 333, 334, 335, 336, 337, 338, 339, 340, 341, 342, 343, 344, 345, 346, 347, 348, 349, 350, 351, 352, 353, 354, 355, 356, 357, 358, 359, 360, 361, 362, 363, 364, 365, 366, 367, 368, 369, 370, 371, 372, 373, 374, 375, 376, 377, 378, 379, 380, 381, 382, 383, 384, 385, 386, 387, 388, 389, 390, 391, 392, 393, 394, 395, 396, 397, 398, 399, 400, 401, 402, 403, 404, 405, 406, 407, 408, 409, 410, 411, 412, 413, 414, 415, 416, 417, 418, 419, 420, 421, 422, 423, 424, 425, 426, 427, 428, 429, 430, 431, 432, 433, 434, 435, 436, 437, 438, 439, 440, 441, 442, 443, 444, 445, 446, 447, 448, 449, 450, 451, 452, 453, 454, 455, 456, 457, 458, 459, 460, 461, 462, 463, 464, 465, 466, 467, 468, 469, 470, 471, 472, 473, 474, 475, 476, 477, 478, 479, 480, 481, 482, 483, 484, 485, 486, 487, 488, 489, 490, 491, 492, 493, 494, 495, 496, 497, 498, 499, 500, 501, 502, 503, 504, 505, 506, 507, 508, 509, 510, 511, 512, 513, 514, 515, 516, 517, 518], "AcquisitionTime": ["074336.000000", "074405.000000", "074406.160000", "074407.320000", "074408.480000", "074409.640000", "074410.800000", "074411.960000", "074413.120000", "074414.280000", "074415.440000", "074416.600000", "074417.760000", "074418.920000", "074420.080000", "074421.240000", "074422.400000", "074423.560000", "074424.720000", "074425.880000", "074427.040000", "074428.200000", "074429.360000", "074430.520000", "074431.680000", "074432.840000", "074434.000000", "074435.160000", "074436.320000", "074437.480000", "074438.640000", "074439.800000", "074440.960000", "074442.120000", "074443.280000", "074444.440000", "074445.600000", "074446.760000", "074447.920000", "074449.080000", "074450.240000", "074451.400000", "074452.560000", "074453.720000", "074454.880000", "074456.040000", "074457.200000", "074458.360000", "074459.520000", "074500.680000", "074501.840000", "074503.000000", "074504.160000", "074505.320000", "074506.480000", "074507.640000", "074508.800000", "074509.960000", "074511.120000", "074512.280000", "074513.440000", "074514.600000", "074515.760000", "074516.920000", "074518.080000", "074519.240000", "074520.400000", "074521.560000", "074522.720000", "074523.880000", "074525.040000", "074526.200000", "074527.360000", "074528.520000", "074529.680000", "074530.840000", "074532.000000", "074533.160000", "074534.320000", "074535.480000", "074536.640000", "074537.800000", "074538.960000", "074540.120000", "074541.280000", "074542.440000", "074543.600000", "074544.760000", "074545.920000", "074547.080000", "074548.240000", "074549.400000", "074550.560000", "074551.720000", "074552.880000", "074554.040000", "074555.200000", "074556.360000", "074557.520000", "074558.680000", "074559.840000", "074601.000000", "074602.160000", "074603.320000", "074604.480000", "074605.640000", "074606.800000", "074607.960000", "074609.120000", "074610.280000", "074611.440000", "074612.600000", "074613.760000", "074614.920000", "074616.082500", "074617.242500", "074618.402500", "074619.562500", "074620.722500", "074621.882500", "074623.042500", "074624.202500", "074625.362500", "074626.522500", "074627.682500", "074628.842500", "074630.002500", "074631.162500", "074632.322500", "074633.482500", "074634.642500", "074635.802500", "074636.962500", "074638.122500", "074639.282500", "074640.442500", "074641.602500", "074642.762500", "074643.922500", "074645.082500", "074646.242500", "074647.402500", "074648.562500", "074649.722500", "074650.882500", "074652.042500", "074653.202500", "074654.362500", "074655.522500", "074656.682500", "074657.842500", "074659.002500", "074700.162500", "074701.322500", "074702.482500", "074703.642500", "074704.802500", "074705.962500", "074707.122500", "074708.282500", "074709.442500", "074710.602500", "074711.762500", "074712.922500", "074714.082500", "074715.242500", "074716.402500", "074717.562500", "074718.722500", "074719.882500", "074721.042500", "074722.202500", "074723.362500", "074724.522500", "074725.682500", "074726.842500", "074728.002500", "074729.162500", "074730.322500", "074731.482500", "074732.642500", "074733.802500", "074734.962500", "074736.122500", "074737.282500", "074738.442500", "074739.602500", "074740.762500", "074741.922500", "074743.082500", "074744.242500", "074745.402500", "074746.562500", "074747.722500", "074748.882500", "074750.042500", "074751.202500", "074752.362500", "074753.522500", "074754.682500", "074755.842500", "074757.002500", "074758.162500", "074759.322500", "074800.482500", "074801.642500", "074802.802500", "074803.962500", "074805.122500", "074806.282500", "074807.442500", "074808.602500", "074809.762500", "074810.922500", "074812.082500", "074813.242500", "074814.402500", "074815.562500", "074816.722500", "074817.882500", "074819.042500", "074820.202500", "074821.362500", "074822.522500", "074823.682500", "074824.842500", "074826.002500", "074827.162500", "074828.322500", "074829.482500", "074830.642500", "074831.802500", "074832.962500", "074834.122500", "074835.282500", "074836.442500", "074837.602500", "074838.762500", "074839.922500", "074841.082500", "074842.242500", "074843.402500", "074844.562500", "074845.722500", "074846.882500", "074848.042500", "074849.202500", "074850.362500", "074851.522500", "074852.682500", "074853.842500", "074855.002500", "074856.162500", "074857.322500", "074858.482500", "074859.642500", "074900.802500", "074901.962500", "074903.122500", "074904.282500", "074905.442500", "074906.602500", "074907.762500", "074908.922500", "074910.082500", "074911.242500", "074912.402500", "074913.562500", "074914.722500", "074915.882500", "074917.042500", "074918.202500", "074919.362500", "074920.522500", "074921.682500", "074922.842500", "074924.002500", "074925.162500", "074926.322500", "074927.482500", "074928.642500", "074929.802500", "074930.962500", "074932.122500", "074933.282500", "074934.442500", "074935.602500", "074936.762500", "074937.922500", "074939.082500", "074940.242500", "074941.402500", "074942.562500", "074943.722500", "074944.882500", "074946.042500", "074947.202500", "074948.362500", "074949.522500", "074950.682500", "074951.842500", "074953.002500", "074954.162500", "074955.322500", "074956.482500", "074957.642500", "074958.802500", "074959.962500", "075001.122500", "075002.282500", "075003.442500", "075004.602500", "075005.762500", "075006.922500", "075008.082500", "075009.242500", "075010.402500", "075011.562500", "075012.722500", "075013.882500", "075015.042500", "075016.202500", "075017.362500", "075018.522500", "075019.682500", "075020.842500", "075022.002500", "075023.162500", "075024.322500", "075025.482500", "075026.642500", "075027.802500", "075028.962500", "075030.122500", "075031.282500", "075032.442500", "075033.602500", "075034.762500", "075035.922500", "075037.082500", "075038.242500", "075039.402500", "075040.562500", "075041.722500", "075042.882500", "075044.042500", "075045.202500", "075046.362500", "075047.522500", "075048.682500", "075049.842500", "075051.002500", "075052.162500", "075053.322500", "075054.482500", "075055.642500", "075056.802500", "075057.962500", "075059.122500", "075100.282500", "075101.442500", "075102.602500", "075103.762500", "075104.922500", "075106.085000", "075107.245000", "075108.405000", "075109.565000", "075110.725000", "075111.885000", "075113.045000", "075114.205000", "075115.365000", "075116.525000", "075117.685000", "075118.845000", "075120.005000", "075121.165000", "075122.325000", "075123.485000", "075124.645000", "075125.805000", "075126.965000", "075128.125000", "075129.285000", "075130.445000", "075131.605000", "075132.765000", "075133.925000", "075135.085000", "075136.245000", "075137.405000", "075138.565000", "075139.725000", "075140.885000", "075142.045000", "075143.205000", "075144.365000", "075145.525000", "075146.685000", "075147.845000", "075149.005000", "075150.165000", "075151.325000", "075152.485000", "075153.645000", "075154.805000", "075155.965000", "075157.125000", "075158.285000", "075159.445000", "075200.605000", "075201.765000", "075202.925000", "075204.085000", "075205.245000", "075206.405000", "075207.565000", "075208.725000", "075209.885000", "075211.045000", "075212.205000", "075213.365000", "075214.525000", "075215.685000", "075216.845000", "075218.005000", "075219.165000", "075220.325000", "075221.485000", "075222.645000", "075223.805000", "075224.965000", "075226.125000", "075227.285000", "075228.445000", "075229.605000", "075230.765000", "075231.925000", "075233.085000", "075234.245000", "075235.405000", "075236.565000", "075237.725000", "075238.885000", "075240.045000", "075241.205000", "075242.365000", "075243.525000", "075244.685000", "075245.845000", "075247.005000", "075248.165000", "075249.325000", "075250.485000", "075251.645000", "075252.805000", "075253.965000", "075255.125000", "075256.285000", "075257.445000", "075258.605000", "075259.765000", "075300.925000", "075302.085000", "075303.245000", "075304.405000", "075305.565000", "075306.725000", "075307.885000", "075309.045000", "075310.205000", "075311.365000", "075312.525000", "075313.685000", "075314.845000", "075316.005000", "075317.165000", "075318.325000", "075319.485000", "075320.645000", "075321.805000", "075322.965000", "075324.125000", "075325.285000", "075326.445000", "075327.605000", "075328.765000", "075329.925000", "075331.085000", "075332.245000", "075333.405000", "075334.565000", "075335.725000", "075336.885000", "075338.045000", "075339.205000", "075340.365000", "075341.525000", "075342.685000", "075343.845000", "075345.005000", "075346.165000", "075347.325000", "075348.485000", "075349.645000", "075350.805000", "075351.965000", "075353.125000", "075354.285000", "075355.445000", "075356.605000", "075357.765000", "075358.925000", "075400.085000", "075401.245000", "075402.405000", "075403.565000"], "ContentTime": ["074415.171000", "074422.750000", "074422.750000", "074422.750000", "074422.750000", "074422.750000", "074422.765000", "074427.750000", "074427.750000", "074427.765000", "074427.765000", "074432.750000", "074432.750000", "074432.750000", "074432.750000", "074437.750000", "074437.750000", "074437.750000", "074442.750000", "074442.750000", "074442.765000", "074442.765000", "074447.750000", "074447.750000", "074447.750000", "074447.750000", "074452.750000", "074452.750000", "074452.750000", "074457.750000", "074457.750000", "074457.750000", "074457.750000", "074502.750000", "074502.750000", "074502.750000", "074507.750000", "074507.750000", "074507.750000", "074507.765000", "074512.750000", "074512.750000", "074512.765000", "074512.765000", "074517.750000", "074517.750000", "074517.750000", "074517.765000", "074522.750000", "074522.750000", "074522.750000", "074527.750000", "074527.750000", "074527.750000", "074527.765000", "074532.750000", "074532.750000", "074532.750000", "074532.765000", "074537.750000", "074537.750000", "074537.750000", "074542.750000", "074542.750000", "074542.750000", "074542.750000", "074547.750000", "074547.750000", "074547.750000", "074547.750000", "074552.750000", "074552.750000", "074552.750000", "074552.750000", "074557.750000", "074557.750000", "074557.765000", "074557.765000", "074602.750000", "074602.750000", "074602.750000", "074607.750000", "074607.750000", "074607.750000", "074607.750000", "074612.750000", "074612.765000", "074612.765000", "074612.765000", "074617.750000", "074617.750000", "074617.750000", "074622.750000", "074622.750000", "074622.750000", "074622.750000", "074627.750000", "074627.750000", "074627.750000", "074632.750000", "074632.750000", "074632.750000", "074632.750000", "074637.750000", "074637.750000", "074637.750000", "074642.750000", "074642.750000", "074642.750000", "074642.765000", "074647.750000", "074647.750000", "074647.765000", "074647.765000", "074652.750000", "074652.750000", "074652.765000", "074657.750000", "074657.750000", "074657.750000", "074657.750000", "074702.750000", "074702.750000", "074702.765000", "074707.750000", "074707.750000", "074707.750000", "074707.750000", "074712.750000", "074712.750000", "074712.750000", "074712.765000", "074717.750000", "074717.750000", "074717.750000", "074717.765000", "074722.750000", "074722.750000", "074722.750000", "074727.750000", "074727.750000", "074727.765000", "074727.765000", "074732.750000", "074732.750000", "074732.750000", "074732.765000", "074737.750000", "074737.750000", "074737.750000", "074742.750000", "074742.750000", "074742.750000", "074742.750000", "074747.750000", "074747.750000", "074747.750000", "074752.750000", "074752.750000", "074752.750000", "074752.750000", "074757.750000", "074757.750000", "074757.750000", "074757.765000", "074802.750000", "074802.750000", "074802.750000", "074802.750000", "074807.750000", "074807.750000", "074807.750000", "074807.750000", "074812.750000", "074812.750000", "074812.750000", "074817.750000", "074817.750000", "074817.765000", "074817.765000", "074822.750000", "074822.750000", "074822.750000", "074822.750000", "074827.750000", "074827.750000", "074827.750000", "074832.750000", "074832.750000", "074832.765000", "074832.765000", "074837.750000", "074837.750000", "074837.750000", "074842.750000", "074842.750000", "074842.750000", "074842.750000", "074847.750000", "074847.750000", "074847.750000", "074847.750000", "074852.750000", "074852.750000", "074852.750000", "074852.750000", "074857.750000", "074857.750000", "074857.750000", "074857.750000", "074902.750000", "074902.750000", "074902.750000", "074902.750000", "074907.750000", "074907.750000", "074907.765000", "074907.765000", "074912.750000", "074912.750000", "074912.750000", "074912.750000", "074917.750000", "074917.750000", "074917.750000", "074917.750000", "074922.750000", "074922.750000", "074922.750000", "074922.750000", "074927.750000", "074927.750000", "074927.750000", "074932.750000", "074932.750000", "074932.750000", "074932.750000", "074937.750000", "074937.750000", "074937.750000", "074937.750000", "074942.750000", "074942.750000", "074942.750000", "074942.765000", "074947.750000", "074947.750000", "074947.750000", "074947.765000", "074952.750000", "074952.750000", "074952.750000", "074957.750000", "074957.750000", "074957.765000", "074957.765000", "075002.750000", "075002.750000", "075002.781000", "075002.781000", "075007.750000", "075007.750000", "075007.750000", "075012.750000", "075012.750000", "075012.765000", "075012.765000", "075022.750000", "075022.750000", "075022.750000", "075022.765000", "075022.765000", "075022.765000", "075022.765000", "075022.765000", "075027.750000", "075027.750000", "075027.750000", "075027.750000", "075032.750000", "075032.750000", "075032.750000", "075032.765000", "075037.750000", "075037.750000", "075037.750000", "075037.765000", "075042.750000", "075042.750000", "075042.750000", "075047.750000", "075047.750000", "075047.750000", "075047.750000", "075052.750000", "075052.750000", "075052.750000", "075052.765000", "075057.750000", "075057.750000", "075057.750000", "075057.750000", "075102.750000", "075102.750000", "075102.750000", "075107.750000", "075107.750000", "075107.750000", "075107.765000", "075112.750000", "075112.750000", "075112.750000", "075112.750000", "075117.750000", "075117.750000", "075117.750000", "075117.750000", "075122.750000", "075122.765000", "075122.765000", "075127.750000", "075127.750000", "075127.750000", "075127.750000", "075132.750000", "075132.750000", "075132.750000", "075137.750000", "075137.750000", "075137.781000", "075137.781000", "075142.750000", "075142.750000", "075142.750000", "075142.765000", "075147.750000", "075147.750000", "075147.750000", "075152.750000", "075152.750000", "075152.750000", "075152.750000", "075157.750000", "075157.750000", "075157.750000", "075157.765000", "075202.750000", "075202.750000", "075202.750000", "075202.765000", "075207.750000", "075207.750000", "075207.750000", "075207.750000", "075212.750000", "075212.750000", "075212.750000", "075217.750000", "075217.781000", "075217.781000", "075217.781000", "075222.750000", "075222.750000", "075222.750000", "075222.765000", "075227.750000", "075227.750000", "075227.750000", "075227.750000", "075232.750000", "075232.750000", "075232.750000", "075237.750000", "075237.750000", "075237.750000", "075237.765000", "075242.750000", "075242.750000", "075242.750000", "075242.750000", "075247.750000", "075247.750000", "075247.750000", "075247.750000", "075252.750000", "075252.750000", "075252.750000", "075252.765000", "075257.750000", "075257.750000", "075257.750000", "075302.750000", "075302.750000", "075302.750000", "075302.750000", "075307.750000", "075307.750000", "075307.750000", "075307.765000", "075312.750000", "075312.750000", "075312.750000", "075317.750000", "075317.750000", "075317.765000", "075317.765000", "075322.750000", "075322.750000", "075322.750000", "075322.750000", "075327.750000", "075327.750000", "075327.750000", "075332.750000", "075332.750000", "075332.750000", "075332.750000", "075337.750000", "075337.750000", "075337.750000", "075337.750000", "075342.750000", "075342.750000", "075342.765000", "075342.765000", "075347.750000", "075347.750000", "075347.750000", "075347.750000", "075352.750000", "075352.750000", "075352.750000", "075357.750000", "075357.750000", "075357.750000", "075357.750000", "075357.750000", "075402.750000", "075402.750000", "075402.750000", "075407.750000", "075407.750000", "075407.750000", "075407.750000", "075412.750000", "075412.750000", "075412.750000", "075412.750000", "075417.750000", "075417.750000", "075417.750000", "075417.765000", "075422.750000", "075422.750000", "075422.750000", "075422.750000", "075422.765000", "075427.750000", "075427.750000", "075427.750000", "075427.750000", "075432.750000", "075432.750000", "075432.750000", "075437.750000", "075437.750000", "075437.750000", "075437.750000", "075442.750000", "075442.750000", "075442.750000", "075442.750000", "075447.750000", "075447.765000", "075447.781000", "075452.750000", "075452.750000", "075452.750000", "075452.765000", "075457.750000", "075457.750000", "075457.750000", "075457.765000", "075502.750000", "075502.750000", "075502.750000", "075502.765000", "075507.750000", "075507.750000", "075507.750000", "075507.750000", "075512.750000", "075512.750000", "075512.765000", "075512.765000", "075517.750000", "075517.750000", "075517.750000", "075522.750000", "075522.750000", "075522.750000", "075522.750000", "075527.750000", "075527.750000", "075527.765000", "075527.781000", "075532.750000", "075532.750000", "075532.750000", "075537.750000", "075537.750000", "075537.750000", "075537.765000", "075542.515000", "075542.515000", "075542.515000", "075542.515000", "075542.515000"], "InstanceCreationTime": ["074415.171000", "074422.750000", "074422.750000", "074422.750000", "074422.750000", "074422.750000", "074422.765000", "074427.750000", "074427.750000", "074427.765000", "074427.765000", "074432.750000", "074432.750000", "074432.750000", "074432.750000", "074437.750000", "074437.750000", "074437.750000", "074442.750000", "074442.750000", "074442.765000", "074442.765000", "074447.750000", "074447.750000", "074447.750000", "074447.750000", "074452.750000", "074452.750000", "074452.750000", "074457.750000", "074457.750000", "074457.750000", "074457.750000", "074502.750000", "074502.750000", "074502.750000", "074507.750000", "074507.750000", "074507.750000", "074507.765000", "074512.750000", "074512.750000", "074512.765000", "074512.765000", "074517.750000", "074517.750000", "074517.750000", "074517.765000", "074522.750000", "074522.750000", "074522.750000", "074527.750000", "074527.750000", "074527.750000", "074527.765000", "074532.750000", "074532.750000", "074532.750000", "074532.765000", "074537.750000", "074537.750000", "074537.750000", "074542.750000", "074542.750000", "074542.750000", "074542.750000", "074547.750000", "074547.750000", "074547.750000", "074547.750000", "074552.750000", "074552.750000", "074552.750000", "074552.750000", "074557.750000", "074557.750000", "074557.765000", "074557.765000", "074602.750000", "074602.750000", "074602.750000", "074607.750000", "074607.750000", "074607.750000", "074607.750000", "074612.750000", "074612.765000", "074612.765000", "074612.765000", "074617.750000", "074617.750000", "074617.750000", "074622.750000", "074622.750000", "074622.750000", "074622.750000", "074627.750000", "074627.750000", "074627.750000", "074632.750000", "074632.750000", "074632.750000", "074632.750000", "074637.750000", "074637.750000", "074637.750000", "074642.750000", "074642.750000", "074642.750000", "074642.765000", "074647.750000", "074647.750000", "074647.765000", "074647.765000", "074652.750000", "074652.750000", "074652.765000", "074657.750000", "074657.750000", "074657.750000", "074657.750000", "074702.750000", "074702.750000", "074702.765000", "074707.750000", "074707.750000", "074707.750000", "074707.750000", "074712.750000", "074712.750000", "074712.750000", "074712.765000", "074717.750000", "074717.750000", "074717.750000", "074717.765000", "074722.750000", "074722.750000", "074722.750000", "074727.750000", "074727.750000", "074727.765000", "074727.765000", "074732.750000", "074732.750000", "074732.750000", "074732.765000", "074737.750000", "074737.750000", "074737.750000", "074742.750000", "074742.750000", "074742.750000", "074742.750000", "074747.750000", "074747.750000", "074747.750000", "074752.750000", "074752.750000", "074752.750000", "074752.750000", "074757.750000", "074757.750000", "074757.750000", "074757.765000", "074802.750000", "074802.750000", "074802.750000", "074802.750000", "074807.750000", "074807.750000", "074807.750000", "074807.750000", "074812.750000", "074812.750000", "074812.750000", "074817.750000", "074817.750000", "074817.765000", "074817.765000", "074822.750000", "074822.750000", "074822.750000", "074822.750000", "074827.750000", "074827.750000", "074827.750000", "074832.750000", "074832.750000", "074832.765000", "074832.765000", "074837.750000", "074837.750000", "074837.750000", "074842.750000", "074842.750000", "074842.750000", "074842.750000", "074847.750000", "074847.750000", "074847.750000", "074847.750000", "074852.750000", "074852.750000", "074852.750000", "074852.750000", "074857.750000", "074857.750000", "074857.750000", "074857.750000", "074902.750000", "074902.750000", "074902.750000", "074902.750000", "074907.750000", "074907.750000", "074907.765000", "074907.765000", "074912.750000", "074912.750000", "074912.750000", "074912.750000", "074917.750000", "074917.750000", "074917.750000", "074917.750000", "074922.750000", "074922.750000", "074922.750000", "074922.750000", "074927.750000", "074927.750000", "074927.750000", "074932.750000", "074932.750000", "074932.750000", "074932.750000", "074937.750000", "074937.750000", "074937.750000", "074937.750000", "074942.750000", "074942.750000", "074942.750000", "074942.765000", "074947.750000", "074947.750000", "074947.750000", "074947.765000", "074952.750000", "074952.750000", "074952.750000", "074957.750000", "074957.750000", "074957.765000", "074957.765000", "075002.750000", "075002.750000", "075002.781000", "075002.781000", "075007.750000", "075007.750000", "075007.750000", "075012.750000", "075012.750000", "075012.765000", "075012.765000", "075022.750000", "075022.750000", "075022.750000", "075022.765000", "075022.765000", "075022.765000", "075022.765000", "075022.765000", "075027.750000", "075027.750000", "075027.750000", "075027.750000", "075032.750000", "075032.750000", "075032.750000", "075032.765000", "075037.750000", "075037.750000", "075037.750000", "075037.765000", "075042.750000", "075042.750000", "075042.750000", "075047.750000", "075047.750000", "075047.750000", "075047.750000", "075052.750000", "075052.750000", "075052.750000", "075052.765000", "075057.750000", "075057.750000", "075057.750000", "075057.750000", "075102.750000", "075102.750000", "075102.750000", "075107.750000", "075107.750000", "075107.750000", "075107.765000", "075112.750000", "075112.750000", "075112.750000", "075112.750000", "075117.750000", "075117.750000", "075117.750000", "075117.750000", "075122.750000", "075122.765000", "075122.765000", "075127.750000", "075127.750000", "075127.750000", "075127.750000", "075132.750000", "075132.750000", "075132.750000", "075137.750000", "075137.750000", "075137.781000", "075137.781000", "075142.750000", "075142.750000", "075142.750000", "075142.765000", "075147.750000", "075147.750000", "075147.750000", "075152.750000", "075152.750000", "075152.750000", "075152.750000", "075157.750000", "075157.750000", "075157.750000", "075157.765000", "075202.750000", "075202.750000", "075202.750000", "075202.765000", "075207.750000", "075207.750000", "075207.750000", "075207.750000", "075212.750000", "075212.750000", "075212.750000", "075217.750000", "075217.781000", "075217.781000", "075217.781000", "075222.750000", "075222.750000", "075222.750000", "075222.765000", "075227.750000", "075227.750000", "075227.750000", "075227.750000", "075232.750000", "075232.750000", "075232.750000", "075237.750000", "075237.750000", "075237.750000", "075237.765000", "075242.750000", "075242.750000", "075242.750000", "075242.750000", "075247.750000", "075247.750000", "075247.750000", "075247.750000", "075252.750000", "075252.750000", "075252.750000", "075252.765000", "075257.750000", "075257.750000", "075257.750000", "075302.750000", "075302.750000", "075302.750000", "075302.750000", "075307.750000", "075307.750000", "075307.750000", "075307.765000", "075312.750000", "075312.750000", "075312.750000", "075317.750000", "075317.750000", "075317.765000", "075317.765000", "075322.750000", "075322.750000", "075322.750000", "075322.750000", "075327.750000", "075327.750000", "075327.750000", "075332.750000", "075332.750000", "075332.750000", "075332.750000", "075337.750000", "075337.750000", "075337.750000", "075337.750000", "075342.750000", "075342.750000", "075342.765000", "075342.765000", "075347.750000", "075347.750000", "075347.750000", "075347.750000", "075352.750000", "075352.750000", "075352.750000", "075357.750000", "075357.750000", "075357.750000", "075357.750000", "075357.750000", "075402.750000", "075402.750000", "075402.750000", "075407.750000", "075407.750000", "075407.750000", "075407.750000", "075412.750000", "075412.750000", "075412.750000", "075412.750000", "075417.750000", "075417.750000", "075417.750000", "075417.765000", "075422.750000", "075422.750000", "075422.750000", "075422.750000", "075422.765000", "075427.750000", "075427.750000", "075427.750000", "075427.750000", "075432.750000", "075432.750000", "075432.750000", "075437.750000", "075437.750000", "075437.750000", "075437.750000", "075442.750000", "075442.750000", "075442.750000", "075442.750000", "075447.750000", "075447.765000", "075447.781000", "075452.750000", "075452.750000", "075452.750000", "075452.765000", "075457.750000", "075457.750000", "075457.750000", "075457.765000", "075502.750000", "075502.750000", "075502.750000", "075502.765000", "075507.750000", "075507.750000", "075507.750000", "075507.750000", "075512.750000", "075512.750000", "075512.765000", "075512.765000", "075517.750000", "075517.750000", "075517.750000", "075522.750000", "075522.750000", "075522.750000", "075522.750000", "075527.750000", "075527.750000", "075527.765000", "075527.781000", "075532.750000", "075532.750000", "075532.750000", "075537.750000", "075537.750000", "075537.750000", "075537.765000", "075542.515000", "075542.515000", "075542.515000", "075542.515000", "075542.515000"], "InstanceNumber": [1, 2, 3, 4, 5, 6, 7, 8, 9, 10, 11, 12, 13, 14, 15, 16, 17, 18, 19, 20, 21, 22, 23, 24, 25, 26, 27, 28, 29, 30, 31, 32, 33, 34, 35, 36, 37, 38, 39, 40, 41, 42, 43, 44, 45, 46, 47, 48, 49, 50, 51, 52, 53, 54, 55, 56, 57, 58, 59, 60, 61, 62, 63, 64, 65, 66, 67, 68, 69, 70, 71, 72, 73, 74, 75, 76, 77, 78, 79, 80, 81, 82, 83, 84, 85, 86, 87, 88, 89, 90, 91, 92, 93, 94, 95, 96, 97, 98, 99, 100, 101, 102, 103, 104, 105, 106, 107, 108, 109, 110, 111, 112, 113, 114, 115, 116, 117, 118, 119, 120, 121, 122, 123, 124, 125, 126, 127, 128, 129, 130, 131, 132, 133, 134, 135, 136, 137, 138, 139, 140, 141, 142, 143, 144, 145, 146, 147, 148, 149, 150, 151, 152, 153, 154, 155, 156, 157, 158, 159, 160, 161, 162, 163, 164, 165, 166, 167, 168, 169, 170, 171, 172, 173, 174, 175, 176, 177, 178, 179, 180, 181, 182, 183, 184, 185, 186, 187, 188, 189, 190, 191, 192, 193, 194, 195, 196, 197, 198, 199, 200, 201, 202, 203, 204, 205, 206, 207, 208, 209, 210, 211, 212, 213, 214, 215, 216, 217, 218, 219, 220, 221, 222, 223, 224, 225, 226, 227, 228, 229, 230, 231, 232, 233, 234, 235, 236, 237, 238, 239, 240, 241, 242, 243, 244, 245, 246, 247, 248, 249, 250, 251, 252, 253, 254, 255, 256, 257, 258, 259, 260, 261, 262, 263, 264, 265, 266, 267, 268, 269, 270, 271, 272, 273, 274, 275, 276, 277, 278, 279, 280, 281, 282, 283, 284, 285, 286, 287, 288, 289, 290, 291, 292, 293, 294, 295, 296, 297, 298, 299, 300, 301, 302, 303, 304, 305, 306, 307, 308, 309, 310, 311, 312, 313, 314, 315, 316, 317, 318, 319, 320, 321, 322, 323, 324, 325, 326, 327, 328, 329, 330, 331, 332, 333, 334, 335, 336, 337, 338, 339, 340, 341, 342, 343, 344, 345, 346, 347, 348, 349, 350, 351, 352, 353, 354, 355, 356, 357, 358, 359, 360, 361, 362, 363, 364, 365, 366, 367, 368, 369, 370, 371, 372, 373, 374, 375, 376, 377, 378, 379, 380, 381, 382, 383, 384, 385, 386, 387, 388, 389, 390, 391, 392, 393, 394, 395, 396, 397, 398, 399, 400, 401, 402, 403, 404, 405, 406, 407, 408, 409, 410, 411, 412, 413, 414, 415, 416, 417, 418, 419, 420, 421, 422, 423, 424, 425, 426, 427, 428, 429, 430, 431, 432, 433, 434, 435, 436, 437, 438, 439, 440, 441, 442, 443, 444, 445, 446, 447, 448, 449, 450, 451, 452, 453, 454, 455, 456, 457, 458, 459, 460, 461, 462, 463, 464, 465, 466, 467, 468, 469, 470, 471, 472, 473, 474, 475, 476, 477, 478, 479, 480, 481, 482, 483, 484, 485, 486, 487, 488, 489, 490, 491, 492, 493, 494, 495, 496, 497, 498, 499, 500, 501, 502, 503, 504, 505, 506, 507, 508, 509, 510, 511, 512, 513, 514, 515, 516, 517, 518], "LargestImagePixelValue": [29338, 28806, 28501, 29736, 28360, 29524, 28503, 29181, 28073, 28298, 28306, 28728, 28238, 28234, 30640, 28029, 28264, 29722, 28269, 28171, 30177, 28215, 28272, 28621, 28296, 28431, 28326, 31962, 29419, 28463, 28362, 28475, 30677, 28424, 28331, 28515, 28481, 28462, 28464, 28440, 28380, 28450, 29265, 28225, 28259, 28303, 28145, 28341, 28612, 28382, 31629, 28300, 28368, 28269, 30603, 28262, 28503, 28392, 28394, 29216, 28297, 28336, 28279, 30880, 28224, 28343, 28473, 31864, 28524, 28719, 31853, 28672, 28402, 28440, 28967, 28776, 28552, 28806, 29375, 28649, 30617, 28384, 28942, 30431, 28411, 28295, 28610, 28726, 28530, 29997, 29541, 28681, 28609, 29045, 28623, 32027, 28722, 28911, 28602, 28613, 28553, 28717, 28718, 28584, 29048, 28788, 28821, 28452, 28511, 30080, 28247, 28535, 28509, 28497, 28715, 30725, 28596, 28718, 29376, 28600, 28882, 31335, 30367, 29236, 28711, 30332, 31150, 32660, 28324, 28645, 30627, 28510, 28242, 28405, 28537, 28567, 28426, 28439, 28646, 28245, 28483, 28456, 28658, 30670, 28275, 28580, 30540, 28136, 28382, 29235, 28409, 28592, 28383, 32108, 28513, 28698, 30788, 29622, 28262, 28733, 28714, 28591, 28555, 28870, 28693, 28451, 28613, 28465, 28325, 28375, 28740, 28428, 28720, 32281, 28538, 28477, 28342, 28567, 29672, 28674, 28403, 28728, 29215, 28802, 28662, 28595, 28533, 28281, 28702, 33090, 28576, 33321, 28830, 28731, 29269, 28360, 28599, 28493, 28516, 28605, 28796, 28760, 28615, 28511, 30330, 29907, 28844, 29646, 29080, 28522, 28647, 28831, 28664, 28459, 28684, 33261, 28617, 28404, 29610, 28931, 28671, 28564, 28670, 28743, 28753, 28469, 28491, 28643, 28653, 29927, 29543, 28619, 28327, 28565, 28648, 28742, 28741, 28570, 28438, 28506, 28611, 28593, 30252, 28453, 28603, 28471, 28441, 28490, 29017, 28431, 29878, 28552, 28658, 28505, 28214, 28250, 28555, 28384, 28493, 28379, 28531, 28256, 28396, 28324, 28511, 29245, 28280, 28332, 28374, 28197, 28570, 33240, 28291, 28318, 28287, 28429, 28328, 28227, 30399, 28173, 28189, 28484, 31760, 28225, 28282, 28226, 29470, 28287, 28193, 28442, 28292, 28154, 28332, 28279, 28268, 30217, 27959, 28101, 27942, 28067, 28214, 30003, 28158, 29394, 28047, 27889, 28107, 27945, 28202, 28175, 28801, 28110, 28002, 28088, 27968, 28096, 27978, 28039, 28213, 28347, 28059, 28195, 28014, 29675, 27933, 27906, 32142, 28047, 29394, 28078, 27959, 28243, 28110, 30764, 27852, 27963, 27857, 27913, 27972, 27944, 28023, 28120, 28779, 28152, 28074, 28103, 28036, 28020, 27948, 27859, 27800, 30348, 27919, 28714, 28066, 28273, 28956, 27891, 28576, 27884, 28826, 27915, 28006, 28004, 27871, 28008, 28161, 27825, 27787, 27925, 27703, 27663, 28341, 28095, 28122, 27956, 27862, 28092, 28014, 28071, 27972, 27841, 27982, 29237, 27770, 27840, 28114, 28844, 30145, 27948, 27980, 27821, 28028, 31716, 27754, 27870, 29180, 29004, 27834, 27762, 27644, 27935, 27632, 27736, 28010, 28808, 27814, 27931, 27604, 27816, 27917, 27811, 27752, 29620, 27808, 32668, 28338, 27629, 27556, 27885, 28831, 28094, 27751, 27737, 27794, 27630, 27753, 27501, 27891, 27908, 28359, 27724, 27611, 27563, 27603, 27725, 29052, 27979, 28477, 27560, 27710, 29140, 28027, 27606, 27726, 27801, 29332, 27891, 27856, 28103, 27545, 32881, 27694, 31782, 27831, 27617, 27801, 28394, 27851, 36240, 27796, 27647, 28744, 27831, 27903, 27840, 27538, 32089, 27718, 28143, 27863, 27973, 27636, 33413, 27691, 29833, 27586, 28130, 27785, 29454, 27698, 29084, 30977, 27704, 27674, 29219, 28137, 27502, 27691, 27563, 28672, 27619, 27879, 27868, 31266, 27538, 27647, 27511, 27763, 30277, 27457, 27675, 30370, 27875, 29560, 27773, 27734, 27551, 27621, 29706, 27648, 27587, 30059, 29317, 27500, 30880, 27451, 27712], "WindowCenter": [10423.0, 10396.0, 10397.0, 10424.0, 10421.0, 10430.0, 10420.0, 10433.0, 10432.0, 10381.0, 10421.0, 10416.0, 10414.0, 10427.0, 10427.0, 10392.0, 10400.0, 10417.0, 10408.0, 10407.0, 10429.0, 10403.0, 10390.0, 10419.0, 10393.0, 10406.0, 10409.0, 10417.0, 10425.0, 10384.0, 10411.0, 10423.0, 10441.0, 10430.0, 10413.0, 10422.0, 10428.0, 10420.0, 10407.0, 10410.0, 10424.0, 10420.0, 10396.0, 10403.0, 10405.0, 10408.0, 10399.0, 10410.0, 10412.0, 10399.0, 10416.0, 10381.0, 10393.0, 10404.0, 10421.0, 10395.0, 10373.0, 10403.0, 10389.0, 10395.0, 10407.0, 10395.0, 10399.0, 10398.0, 10395.0, 10398.0, 10393.0, 10433.0, 10420.0, 10422.0, 10422.0, 10403.0, 10394.0, 10407.0, 10394.0, 10418.0, 10388.0, 10411.0, 10404.0, 10412.0, 10398.0, 10412.0, 10405.0, 10409.0, 10401.0, 10403.0, 10395.0, 10418.0, 10416.0, 10418.0, 10417.0, 10396.0, 10399.0, 10402.0, 10376.0, 10409.0, 10396.0, 10396.0, 10397.0, 10411.0, 10413.0, 10398.0, 10416.0, 10400.0, 10407.0, 10412.0, 10391.0, 10423.0, 10422.0, 10441.0, 10385.0, 10386.0, 10400.0, 10411.0, 10406.0, 10421.0, 10397.0, 10381.0, 10390.0, 10374.0, 10377.0, 10385.0, 10404.0, 10394.0, 10408.0, 10392.0, 10394.0, 10395.0, 10382.0, 10377.0, 10381.0, 10384.0, 10386.0, 10391.0, 10393.0, 10393.0, 10399.0, 10380.0, 10379.0, 10385.0, 10377.0, 10385.0, 10377.0, 10367.0, 10374.0, 10392.0, 10366.0, 10357.0, 10362.0, 10377.0, 10384.0, 10405.0, 10393.0, 10418.0, 10373.0, 10375.0, 10399.0, 10377.0, 10360.0, 10372.0, 10383.0, 10372.0, 10383.0, 10379.0, 10396.0, 10397.0, 10374.0, 10397.0, 10386.0, 10396.0, 10416.0, 10389.0, 10413.0, 10415.0, 10398.0, 10398.0, 10396.0, 10383.0, 10394.0, 10384.0, 10383.0, 10380.0, 10398.0, 10374.0, 10371.0, 10376.0, 10364.0, 10379.0, 10365.0, 10388.0, 10374.0, 10385.0, 10353.0, 10367.0, 10368.0, 10377.0, 10371.0, 10368.0, 10386.0, 10372.0, 10374.0, 10371.0, 10394.0, 10386.0, 10390.0, 10387.0, 10374.0, 10384.0, 10387.0, 10392.0, 10395.0, 10401.0, 10404.0, 10390.0, 10377.0, 10391.0, 10389.0, 10404.0, 10376.0, 10395.0, 10377.0, 10376.0, 10382.0, 10380.0, 10356.0, 10359.0, 10363.0, 10371.0, 10370.0, 10387.0, 10355.0, 10357.0, 10348.0, 10351.0, 10375.0, 10390.0, 10366.0, 10369.0, 10368.0, 10386.0, 10385.0, 10359.0, 10387.0, 10369.0, 10371.0, 10385.0, 10367.0, 10386.0, 10381.0, 10365.0, 10369.0, 10385.0, 10368.0, 10371.0, 10360.0, 10366.0, 10372.0, 10389.0, 10375.0, 10375.0, 10379.0, 10385.0, 10364.0, 10375.0, 10353.0, 10380.0, 10377.0, 10359.0, 10379.0, 10386.0, 10371.0, 10385.0, 10371.0, 10368.0, 10373.0, 10363.0, 10361.0, 10353.0, 10350.0, 10369.0, 10354.0, 10337.0, 10354.0, 10345.0, 10352.0, 10351.0, 10360.0, 10337.0, 10341.0, 10353.0, 10341.0, 10369.0, 10348.0, 10364.0, 10381.0, 10377.0, 10370.0, 10370.0, 10383.0, 10362.0, 10359.0, 10366.0, 10365.0, 10371.0, 10359.0, 10350.0, 10371.0, 10366.0, 10384.0, 10385.0, 10394.0, 10402.0, 10369.0, 10378.0, 10362.0, 10379.0, 10377.0, 10367.0, 10365.0, 10376.0, 10360.0, 10356.0, 10359.0, 10363.0, 10336.0, 10349.0, 10362.0, 10340.0, 10366.0, 10370.0, 10353.0, 10354.0, 10327.0, 10345.0, 10335.0, 10337.0, 10327.0, 10325.0, 10342.0, 10349.0, 10365.0, 10347.0, 10349.0, 10328.0, 10343.0, 10329.0, 10340.0, 10347.0, 10362.0, 10380.0, 10366.0, 10352.0, 10347.0, 10364.0, 10381.0, 10370.0, 10350.0, 10365.0, 10360.0, 10356.0, 10358.0, 10347.0, 10361.0, 10343.0, 10351.0, 10350.0, 10342.0, 10340.0, 10342.0, 10353.0, 10329.0, 10365.0, 10348.0, 10350.0, 10348.0, 10355.0, 10365.0, 10338.0, 10351.0, 10362.0, 10354.0, 10359.0, 10360.0, 10354.0, 10313.0, 10335.0, 10358.0, 10354.0, 10368.0, 10357.0, 10352.0, 10351.0, 10366.0, 10384.0, 10357.0, 10342.0, 10366.0, 10341.0, 10326.0, 10315.0, 10322.0, 10327.0, 10332.0, 10326.0, 10333.0, 10341.0, 10343.0, 10351.0, 10343.0, 10345.0, 10364.0, 10366.0, 10355.0, 10355.0, 10350.0, 10365.0, 10344.0, 10313.0, 10325.0, 10357.0, 10333.0, 10326.0, 10329.0, 10342.0, 10319.0, 10335.0, 10326.0, 10336.0, 10334.0, 10316.0, 10339.0, 10312.0, 10326.0, 10314.0, 10329.0, 10327.0, 10340.0, 10332.0, 10354.0, 10319.0, 10322.0, 10311.0, 10313.0, 10323.0, 10342.0, 10327.0, 10330.0, 10325.0, 10332.0, 10346.0, 10322.0, 10364.0, 10336.0, 10355.0, 10344.0, 10337.0, 10328.0, 10334.0, 10327.0, 10350.0, 10325.0, 10320.0, 10325.0, 10333.0, 10348.0, 10347.0, 10332.0, 10356.0, 10329.0, 10334.0, 10340.0, 10348.0, 10347.0, 10353.0, 10347.0, 10344.0, 10333.0, 10337.0, 10343.0, 10334.0, 10339.0, 10342.0, 10350.0, 10344.0, 10335.0, 10339.0, 10320.0, 10323.0, 10335.0, 10329.0, 10302.0, 10310.0, 10310.0, 10312.0, 10351.0, 10326.0, 10314.0, 10334.0, 10323.0, 10333.0, 10324.0, 10328.0, 10329.0, 10301.0, 10316.0, 10307.0, 10310.0, 10317.0, 10317.0, 10339.0, 10329.0, 10321.0, 10334.0, 10340.0, 10318.0, 10322.0, 10300.0, 10292.0], "WindowWidth": [22215.0, 22157.0, 22150.0, 22199.0, 22196.0, 22210.0, 22194.0, 22221.0, 22209.0, 22120.0, 22193.0, 22187.0, 22179.0, 22204.0, 22205.0, 22138.0, 22156.0, 22189.0, 22168.0, 22168.0, 22209.0, 22156.0, 22134.0, 22187.0, 22141.0, 22164.0, 22168.0, 22186.0, 22197.0, 22124.0, 22171.0, 22202.0, 22238.0, 22215.0, 22185.0, 22205.0, 22210.0, 22199.0, 22175.0, 22174.0, 22195.0, 22190.0, 22145.0, 22156.0, 22162.0, 22163.0, 22147.0, 22169.0, 22170.0, 22147.0, 22183.0, 22109.0, 22126.0, 22150.0, 22187.0, 22137.0, 22098.0, 22149.0, 22122.0, 22137.0, 22158.0, 22139.0, 22151.0, 22153.0, 22138.0, 22142.0, 22135.0, 22214.0, 22192.0, 22194.0, 22192.0, 22157.0, 22141.0, 22162.0, 22144.0, 22191.0, 22132.0, 22168.0, 22160.0, 22173.0, 22147.0, 22174.0, 22163.0, 22165.0, 22151.0, 22158.0, 22143.0, 22183.0, 22186.0, 22186.0, 22181.0, 22140.0, 22146.0, 22152.0, 22103.0, 22168.0, 22141.0, 22140.0, 22143.0, 22173.0, 22176.0, 22151.0, 22185.0, 22148.0, 22160.0, 22170.0, 22137.0, 22194.0, 22195.0, 22228.0, 22121.0, 22119.0, 22147.0, 22172.0, 22164.0, 22192.0, 22141.0, 22103.0, 22116.0, 22084.0, 22092.0, 22119.0, 22162.0, 22137.0, 22162.0, 22123.0, 22119.0, 22122.0, 22099.0, 22090.0, 22096.0, 22100.0, 22106.0, 22128.0, 22136.0, 22135.0, 22144.0, 22108.0, 22100.0, 22108.0, 22093.0, 22102.0, 22090.0, 22070.0, 22087.0, 22121.0, 22073.0, 22052.0, 22061.0, 22087.0, 22104.0, 22151.0, 22127.0, 22171.0, 22084.0, 22086.0, 22135.0, 22088.0, 22052.0, 22086.0, 22102.0, 22082.0, 22106.0, 22096.0, 22126.0, 22132.0, 22092.0, 22130.0, 22113.0, 22136.0, 22170.0, 22127.0, 22173.0, 22174.0, 22135.0, 22134.0, 22129.0, 22106.0, 22130.0, 22113.0, 22104.0, 22100.0, 22129.0, 22084.0, 22082.0, 22085.0, 22062.0, 22088.0, 22066.0, 22112.0, 22081.0, 22104.0, 22033.0, 22058.0, 22068.0, 22084.0, 22074.0, 22075.0, 22105.0, 22078.0, 22083.0, 22080.0, 22126.0, 22114.0, 22120.0, 22114.0, 22090.0, 22105.0, 22113.0, 22124.0, 22130.0, 22142.0, 22148.0, 22118.0, 22095.0, 22121.0, 22112.0, 22145.0, 22097.0, 22122.0, 22089.0, 22082.0, 22094.0, 22093.0, 22049.0, 22050.0, 22056.0, 22071.0, 22071.0, 22101.0, 22040.0, 22043.0, 22027.0, 22035.0, 22082.0, 22112.0, 22071.0, 22075.0, 22073.0, 22107.0, 22107.0, 22056.0, 22109.0, 22073.0, 22075.0, 22103.0, 22071.0, 22099.0, 22091.0, 22060.0, 22070.0, 22100.0, 22068.0, 22070.0, 22050.0, 22060.0, 22075.0, 22112.0, 22083.0, 22083.0, 22093.0, 22101.0, 22069.0, 22090.0, 22049.0, 22094.0, 22083.0, 22058.0, 22097.0, 22106.0, 22080.0, 22104.0, 22070.0, 22065.0, 22074.0, 22052.0, 22051.0, 22033.0, 22030.0, 22062.0, 22031.0, 21999.0, 22033.0, 22014.0, 22030.0, 22030.0, 22041.0, 21998.0, 22007.0, 22028.0, 22011.0, 22062.0, 22026.0, 22051.0, 22089.0, 22084.0, 22064.0, 22069.0, 22089.0, 22049.0, 22048.0, 22059.0, 22056.0, 22068.0, 22047.0, 22027.0, 22065.0, 22062.0, 22105.0, 22106.0, 22126.0, 22138.0, 22073.0, 22086.0, 22053.0, 22084.0, 22083.0, 22066.0, 22060.0, 22076.0, 22045.0, 22036.0, 22044.0, 22052.0, 21999.0, 22022.0, 22050.0, 22009.0, 22053.0, 22057.0, 22031.0, 22024.0, 21975.0, 22010.0, 21988.0, 21993.0, 21977.0, 21970.0, 21999.0, 22018.0, 22045.0, 22011.0, 22015.0, 21977.0, 22007.0, 21983.0, 22005.0, 22029.0, 22055.0, 22083.0, 22059.0, 22032.0, 22023.0, 22062.0, 22091.0, 22073.0, 22031.0, 22051.0, 22044.0, 22033.0, 22033.0, 22014.0, 22047.0, 22011.0, 22020.0, 22022.0, 22008.0, 22003.0, 22009.0, 22028.0, 21992.0, 22057.0, 22028.0, 22028.0, 22022.0, 22036.0, 22054.0, 21999.0, 22022.0, 22046.0, 22030.0, 22039.0, 22043.0, 22030.0, 21952.0, 21997.0, 22034.0, 22030.0, 22058.0, 22032.0, 22024.0, 22021.0, 22051.0, 22090.0, 22038.0, 22004.0, 22049.0, 22000.0, 21968.0, 21952.0, 21963.0, 21967.0, 21977.0, 21969.0, 21991.0, 22000.0, 21998.0, 22020.0, 22008.0, 22008.0, 22048.0, 22055.0, 22033.0, 22037.0, 22018.0, 22046.0, 22005.0, 21943.0, 21967.0, 22026.0, 21986.0, 21972.0, 21973.0, 21994.0, 21955.0, 21986.0, 21969.0, 21985.0, 21978.0, 21944.0, 21986.0, 21936.0, 21961.0, 21939.0, 21968.0, 21971.0, 21999.0, 21977.0, 22012.0, 21946.0, 21951.0, 21933.0, 21941.0, 21958.0, 21992.0, 21971.0, 21977.0, 21965.0, 21981.0, 22011.0, 21967.0, 22052.0, 21999.0, 22029.0, 22003.0, 21989.0, 21978.0, 21983.0, 21968.0, 22015.0, 21963.0, 21953.0, 21963.0, 21979.0, 22013.0, 22012.0, 21978.0, 22022.0, 21970.0, 21981.0, 21991.0, 22013.0, 22008.0, 22028.0, 22013.0, 22005.0, 21982.0, 21993.0, 22003.0, 21986.0, 21998.0, 22001.0, 22014.0, 21999.0, 21982.0, 21993.0, 21958.0, 21955.0, 21974.0, 21963.0, 21916.0, 21931.0, 21929.0, 21931.0, 22011.0, 21964.0, 21939.0, 21975.0, 21962.0, 21976.0, 21955.0, 21964.0, 21968.0, 21913.0, 21943.0, 21917.0, 21924.0, 21943.0, 21945.0, 21987.0, 21972.0, 21961.0, 21983.0, 21990.0, 21946.0, 21951.0, 21903.0, 21889.0]}, "slices": {}}}