{"AcquisitionMatrixPE": 96, "AcquisitionNumber": 1, "AcquisitionTime": "07:06:28.810000", "BandwidthPerPixelPhaseEncode": 33.602, "BaseResolution": 96, "BodyPartExamined": "BRAIN", "ConsistencyInfo": "N4_VD11D_LATEST_20110129", "ConversionSoftware": "dcm2niix", "ConversionSoftwareVersion": "v1.0.20210317", "DerivedVendorReportedEchoSpacing": 0.000620003, "DeviceSerialNumber": "45239", "DwellTime": 2.6e-06, "EchoTime": 0.03, "EchoTrainLength": 48, "EffectiveEchoSpacing": 0.000310001, "FlipAngle": 63, "ImageComments": "Unaliased MB4/PE3", "ImageOrientationPatientDICOM": [0.999816, -0.0171991, 0.0085003, 0.019185, 0.896321, -0.44299], "ImageType": ["ORIGINAL", "PRIMARY", "M", "ND", "NORM", "MOSAIC"], "ImagingFrequency": 123.193, "InPlanePhaseEncodingDirectionDICOM": "COL", "InstitutionAddress": "E 24th St. 100,Austin,Southmiddle,US,78712", "InstitutionName": "Univ of Texas at Austin", "InstitutionalDepartmentName": "IRC", "MRAcquisitionType": "2D", "MagneticFieldStrength": 3, "Manufacturer": "Siemens", "ManufacturersModelName": "Skyra", "Modality": "MR", "MultibandAccelerationFactor": 4, "ParallelReductionFactorInPlane": 2, "PartialFourier": 1, "PatientPosition": "HFS", "PercentPhaseFOV": 100, "PercentSampling": 100, "PhaseEncodingDirection": "j-", "PhaseEncodingSteps": 96, "PhaseResolution": 1, "PixelBandwidth": 2005, "ProcedureStepDescription": "Poldrack2^self-scanning", "ProtocolName": "Resting State fMRI MBEPI_matrix96_BW2004", "PulseSequenceDetails": "%CustomerSeq%\\cmrr_mbep2d_bold", "ReceiveCoilActiveElements": "HEA;HEP", "ReceiveCoilName": "Head_32", "ReconMatrixPE": 96, "RefLinesPE": 94, "RepetitionTime": 1.16, "SAR": 0.10132, "ScanOptions": "FS", "ScanningSequence": "EP", "SequenceName": "epfid2d1_96", "SequenceVariant": "SK", "SeriesDescription": "Resting State fMRI MBEPI_matrix96_BW2004", "SeriesNumber": 9, "ShimSetting": [-2742, 8055, -15437, 176, -149, 88, 225, -63], "SliceThickness": 2, "SliceTiming": [0, 0.5, 0.9975, 0.3575, 0.855, 0.215, 0.7125, 0.0725, 0.57, 1.07, 0.4275, 0.9275, 0.285, 0.785, 0.1425, 0.6425, 0, 0.5, 0.9975, 0.3575, 0.855, 0.215, 0.7125, 0.0725, 0.57, 1.07, 0.4275, 0.9275, 0.285, 0.785, 0.1425, 0.6425, 0, 0.5, 0.9975, 0.3575, 0.855, 0.215, 0.7125, 0.0725, 0.57, 1.07, 0.4275, 0.9275, 0.285, 0.785, 0.1425, 0.6425, 0, 0.5, 0.9975, 0.3575, 0.855, 0.215, 0.7125, 0.0725, 0.57, 1.07, 0.4275, 0.9275, 0.285, 0.785, 0.1425, 0.6425], "SoftwareVersions": "syngo MR D11", "SpacingBetweenSlices": 2.4, "StationName": "AWP45239", "TaskName": "Resting fmri", "TotalReadoutTime": 0.0294501, "TxRefAmp": 347.194, "WipMemBlock": "158357f8-7d52-4fa6-a7b3-460bcab08641||Sequence: VD11D r206; Feb 13 2013 18:52:04 by eja", "dcmmeta_affine": [[-2.395392417907715, 0.04596401005983353, -3.7628154814228765e-08, 117.76827239990234], [0.041206128895282745, 2.1474366188049316, -1.0633708238601685, -83.27232360839844], [0.020365295931696892, 1.0613292455673218, 2.1515674591064453, -80.6170883178711], [0.0, 0.0, 0.0, 1.0]], "dcmmeta_reorient_transform": [[0.0, -1.0, 0.0, 95.0], [1.0, 0.0, 0.0, 0.0], [0.0, 0.0, 1.0, 0.0], [0.0, 0.0, 0.0, 1.0]], "dcmmeta_shape": [96, 96, 64, 518], "dcmmeta_slice_dim": 2, "dcmmeta_version": 0.6, "global": {"const": {"AcquisitionMatrix": [96, 0, 0, 96], "AngioFlag": "N", "BitsAllocated": 16, "BitsStored": 16, "BodyPartExamined": "BRAIN", "Columns": 768, "EchoNumbers": 1, "EchoTime": 30.0, "EchoTrainLength": 48, "FlipAngle": 63.0, "HighBit": 15, "ImageOrientationPatient": [0.99981595134421, -0.0171990808591, 0.00850029736357, 0.01918497948045, 0.89632144054311, -0.4429896294328], "ImagePositionPatient": [-942.43057425416, -828.42763967696, 369.9730940734], "ImageType": ["ORIGINAL", "PRIMARY", "M", "ND", "NORM", "MOSAIC"], "ImagedNucleus": "1H", "ImagingFrequency": 123.1934, "InPlanePhaseEncodingDirection": "COL", "MRAcquisitionType": "2D", "MagneticFieldStrength": 3.0, "Manufacturer": "SIEMENS", "ManufacturerModelName": "Skyra", "Modality": "MR", "NumberOfAverages": 1.0, "NumberOfPhaseEncodingSteps": 96, "PercentPhaseFieldOfView": 100.0, "PercentSampling": 100.0, "PerformedProcedureStepStartTime": "063841.937000", "PhotometricInterpretation": "MONOCHROME2", "PixelBandwidth": 2005.0, "PixelRepresentation": 0, "PixelSpacing": [2.3958332538605, 2.3958332538605], "ProtocolName": "Resting State fMRI MBEPI_matrix96_BW2004", "RepetitionTime": 1160.0, "Rows": 768, "SAR": 0.1013199861243, "SamplesPerPixel": 1, "ScanOptions": "FS", "ScanningSequence": "EP", "SequenceName": "epfid2d1_96", "SequenceVariant": "SK", "SeriesDescription": "Resting State fMRI MBEPI_matrix96_BW2004", "SeriesNumber": 9, "SeriesTime": "070707.968000", "SliceLocation": -35.376561979413, "SliceThickness": 2.0, "SmallestImagePixelValue": 0, "SoftwareVersions": "syngo MR D11", "SpacingBetweenSlices": 2.4000000293185, "SpecificCharacterSet": "ISO_IR 100", "StudyID": "1", "StudyTime": "063841.906000", "TransmitCoilName": "Body", "VariableFlipAngleFlag": "N", "WindowCenterWidthExplanation": "Algo1", "dBdt": 0.0}, "slices": {}}, "time": {"samples": {"AcquisitionNumber": [1, 2, 3, 4, 5, 6, 7, 8, 9, 10, 11, 12, 13, 14, 15, 16, 17, 18, 19, 20, 21, 22, 23, 24, 25, 26, 27, 28, 29, 30, 31, 32, 33, 34, 35, 36, 37, 38, 39, 40, 41, 42, 43, 44, 45, 46, 47, 48, 49, 50, 51, 52, 53, 54, 55, 56, 57, 58, 59, 60, 61, 62, 63, 64, 65, 66, 67, 68, 69, 70, 71, 72, 73, 74, 75, 76, 77, 78, 79, 80, 81, 82, 83, 84, 85, 86, 87, 88, 89, 90, 91, 92, 93, 94, 95, 96, 97, 98, 99, 100, 101, 102, 103, 104, 105, 106, 107, 108, 109, 110, 111, 112, 113, 114, 115, 116, 117, 118, 119, 120, 121, 122, 123, 124, 125, 126, 127, 128, 129, 130, 131, 132, 133, 134, 135, 136, 137, 138, 139, 140, 141, 142, 143, 144, 145, 146, 147, 148, 149, 150, 151, 152, 153, 154, 155, 156, 157, 158, 159, 160, 161, 162, 163, 164, 165, 166, 167, 168, 169, 170, 171, 172, 173, 174, 175, 176, 177, 178, 179, 180, 181, 182, 183, 184, 185, 186, 187, 188, 189, 190, 191, 192, 193, 194, 195, 196, 197, 198, 199, 200, 201, 202, 203, 204, 205, 206, 207, 208, 209, 210, 211, 212, 213, 214, 215, 216, 217, 218, 219, 220, 221, 222, 223, 224, 225, 226, 227, 228, 229, 230, 231, 232, 233, 234, 235, 236, 237, 238, 239, 240, 241, 242, 243, 244, 245, 246, 247, 248, 249, 250, 251, 252, 253, 254, 255, 256, 257, 258, 259, 260, 261, 262, 263, 264, 265, 266, 267, 268, 269, 270, 271, 272, 273, 274, 275, 276, 277, 278, 279, 280, 281, 282, 283, 284, 285, 286, 287, 288, 289, 290, 291, 292, 293, 294, 295, 296, 297, 298, 299, 300, 301, 302, 303, 304, 305, 306, 307, 308, 309, 310, 311, 312, 313, 314, 315, 316, 317, 318, 319, 320, 321, 322, 323, 324, 325, 326, 327, 328, 329, 330, 331, 332, 333, 334, 335, 336, 337, 338, 339, 340, 341, 342, 343, 344, 345, 346, 347, 348, 349, 350, 351, 352, 353, 354, 355, 356, 357, 358, 359, 360, 361, 362, 363, 364, 365, 366, 367, 368, 369, 370, 371, 372, 373, 374, 375, 376, 377, 378, 379, 380, 381, 382, 383, 384, 385, 386, 387, 388, 389, 390, 391, 392, 393, 394, 395, 396, 397, 398, 399, 400, 401, 402, 403, 404, 405, 406, 407, 408, 409, 410, 411, 412, 413, 414, 415, 416, 417, 418, 419, 420, 421, 422, 423, 424, 425, 426, 427, 428, 429, 430, 431, 432, 433, 434, 435, 436, 437, 438, 439, 440, 441, 442, 443, 444, 445, 446, 447, 448, 449, 450, 451, 452, 453, 454, 455, 456, 457, 458, 459, 460, 461, 462, 463, 464, 465, 466, 467, 468, 469, 470, 471, 472, 473, 474, 475, 476, 477, 478, 479, 480, 481, 482, 483, 484, 485, 486, 487, 488, 489, 490, 491, 492, 493, 494, 495, 496, 497, 498, 499, 500, 501, 502, 503, 504, 505, 506, 507, 508, 509, 510, 511, 512, 513, 514, 515, 516, 517, 518], "AcquisitionTime": ["070628.810000", "070657.807500", "070658.967500", "070700.127500", "070701.287500", "070702.447500", "070703.607500", "070704.767500", "070705.927500", "070707.087500", "070708.247500", "070709.407500", "070710.567500", "070711.727500", "070712.887500", "070714.047500", "070715.207500", "070716.367500", "070717.530000", "070718.690000", "070719.850000", "070721.010000", "070722.170000", "070723.330000", "070724.490000", "070725.650000", "070726.810000", "070727.970000", "070729.130000", "070730.290000", "070731.450000", "070732.610000", "070733.770000", "070734.930000", "070736.090000", "070737.250000", "070738.410000", "070739.570000", "070740.730000", "070741.890000", "070743.050000", "070744.210000", "070745.370000", "070746.530000", "070747.690000", "070748.850000", "070750.010000", "070751.170000", "070752.330000", "070753.490000", "070754.650000", "070755.810000", "070756.970000", "070758.130000", "070759.290000", "070800.450000", "070801.610000", "070802.770000", "070803.930000", "070805.090000", "070806.250000", "070807.410000", "070808.570000", "070809.730000", "070810.890000", "070812.050000", "070813.210000", "070814.370000", "070815.530000", "070816.690000", "070817.850000", "070819.010000", "070820.170000", "070821.330000", "070822.490000", "070823.650000", "070824.810000", "070825.970000", "070827.130000", "070828.290000", "070829.450000", "070830.610000", "070831.770000", "070832.930000", "070834.090000", "070835.250000", "070836.410000", "070837.570000", "070838.730000", "070839.890000", "070841.050000", "070842.210000", "070843.370000", "070844.530000", "070845.690000", "070846.850000", "070848.010000", "070849.170000", "070850.330000", "070851.490000", "070852.650000", "070853.810000", "070854.970000", "070856.130000", "070857.290000", "070858.450000", "070859.610000", "070900.770000", "070901.930000", "070903.090000", "070904.250000", "070905.410000", "070906.570000", "070907.730000", "070908.890000", "070910.050000", "070911.210000", "070912.370000", "070913.530000", "070914.690000", "070915.850000", "070917.010000", "070918.170000", "070919.330000", "070920.490000", "070921.650000", "070922.810000", "070923.970000", "070925.130000", "070926.290000", "070927.450000", "070928.610000", "070929.770000", "070930.930000", "070932.090000", "070933.250000", "070934.410000", "070935.570000", "070936.730000", "070937.890000", "070939.050000", "070940.210000", "070941.370000", "070942.530000", "070943.690000", "070944.850000", "070946.010000", "070947.170000", "070948.330000", "070949.490000", "070950.650000", "070951.810000", "070952.970000", "070954.130000", "070955.290000", "070956.450000", "070957.610000", "070958.770000", "070959.930000", "071001.090000", "071002.250000", "071003.410000", "071004.570000", "071005.730000", "071006.890000", "071008.050000", "071009.210000", "071010.370000", "071011.530000", "071012.690000", "071013.850000", "071015.010000", "071016.170000", "071017.330000", "071018.490000", "071019.650000", "071020.810000", "071021.970000", "071023.130000", "071024.290000", "071025.450000", "071026.610000", "071027.770000", "071028.930000", "071030.090000", "071031.250000", "071032.410000", "071033.570000", "071034.730000", "071035.890000", "071037.050000", "071038.210000", "071039.370000", "071040.530000", "071041.690000", "071042.850000", "071044.010000", "071045.170000", "071046.330000", "071047.490000", "071048.650000", "071049.810000", "071050.970000", "071052.130000", "071053.290000", "071054.450000", "071055.610000", "071056.770000", "071057.930000", "071059.090000", "071100.250000", "071101.410000", "071102.570000", "071103.730000", "071104.890000", "071106.050000", "071107.210000", "071108.370000", "071109.530000", "071110.690000", "071111.850000", "071113.010000", "071114.170000", "071115.330000", "071116.490000", "071117.650000", "071118.810000", "071119.970000", "071121.130000", "071122.290000", "071123.450000", "071124.610000", "071125.770000", "071126.930000", "071128.090000", "071129.250000", "071130.410000", "071131.570000", "071132.730000", "071133.890000", "071135.050000", "071136.210000", "071137.370000", "071138.530000", "071139.690000", "071140.850000", "071142.010000", "071143.170000", "071144.330000", "071145.490000", "071146.650000", "071147.810000", "071148.970000", "071150.130000", "071151.290000", "071152.450000", "071153.610000", "071154.770000", "071155.930000", "071157.090000", "071158.250000", "071159.410000", "071200.570000", "071201.730000", "071202.890000", "071204.050000", "071205.210000", "071206.370000", "071207.532500", "071208.692500", "071209.852500", "071211.012500", "071212.172500", "071213.332500", "071214.492500", "071215.652500", "071216.812500", "071217.972500", "071219.132500", "071220.292500", "071221.452500", "071222.612500", "071223.772500", "071224.932500", "071226.092500", "071227.252500", "071228.412500", "071229.572500", "071230.732500", "071231.892500", "071233.052500", "071234.212500", "071235.372500", "071236.532500", "071237.692500", "071238.852500", "071240.012500", "071241.172500", "071242.332500", "071243.492500", "071244.652500", "071245.812500", "071246.972500", "071248.132500", "071249.292500", "071250.452500", "071251.612500", "071252.772500", "071253.932500", "071255.092500", "071256.252500", "071257.412500", "071258.572500", "071259.732500", "071300.892500", "071302.052500", "071303.212500", "071304.372500", "071305.532500", "071306.692500", "071307.852500", "071309.012500", "071310.172500", "071311.332500", "071312.492500", "071313.652500", "071314.812500", "071315.972500", "071317.132500", "071318.292500", "071319.452500", "071320.612500", "071321.772500", "071322.932500", "071324.092500", "071325.252500", "071326.412500", "071327.572500", "071328.732500", "071329.892500", "071331.052500", "071332.212500", "071333.372500", "071334.532500", "071335.692500", "071336.852500", "071338.012500", "071339.172500", "071340.332500", "071341.492500", "071342.652500", "071343.812500", "071344.972500", "071346.132500", "071347.292500", "071348.452500", "071349.612500", "071350.772500", "071351.932500", "071353.092500", "071354.252500", "071355.412500", "071356.572500", "071357.732500", "071358.892500", "071400.052500", "071401.212500", "071402.372500", "071403.532500", "071404.692500", "071405.852500", "071407.012500", "071408.172500", "071409.332500", "071410.492500", "071411.652500", "071412.812500", "071413.972500", "071415.132500", "071416.292500", "071417.452500", "071418.612500", "071419.772500", "071420.932500", "071422.092500", "071423.252500", "071424.412500", "071425.572500", "071426.732500", "071427.892500", "071429.052500", "071430.212500", "071431.372500", "071432.532500", "071433.692500", "071434.852500", "071436.012500", "071437.172500", "071438.332500", "071439.492500", "071440.652500", "071441.812500", "071442.972500", "071444.132500", "071445.292500", "071446.452500", "071447.612500", "071448.772500", "071449.932500", "071451.092500", "071452.252500", "071453.412500", "071454.572500", "071455.732500", "071456.892500", "071458.052500", "071459.212500", "071500.372500", "071501.532500", "071502.692500", "071503.852500", "071505.012500", "071506.172500", "071507.332500", "071508.492500", "071509.652500", "071510.812500", "071511.972500", "071513.132500", "071514.292500", "071515.452500", "071516.612500", "071517.772500", "071518.932500", "071520.092500", "071521.252500", "071522.412500", "071523.572500", "071524.732500", "071525.892500", "071527.052500", "071528.212500", "071529.372500", "071530.532500", "071531.692500", "071532.852500", "071534.012500", "071535.172500", "071536.332500", "071537.492500", "071538.652500", "071539.812500", "071540.972500", "071542.132500", "071543.292500", "071544.452500", "071545.612500", "071546.772500", "071547.932500", "071549.092500", "071550.252500", "071551.412500", "071552.572500", "071553.732500", "071554.892500", "071556.052500", "071557.212500", "071558.372500", "071559.532500", "071600.692500", "071601.852500", "071603.012500", "071604.172500", "071605.332500", "071606.492500", "071607.652500", "071608.812500", "071609.972500", "071611.132500", "071612.292500", "071613.452500", "071614.612500", "071615.772500", "071616.932500", "071618.092500", "071619.252500", "071620.412500", "071621.572500", "071622.732500", "071623.892500", "071625.052500", "071626.212500", "071627.372500", "071628.532500", "071629.692500", "071630.852500", "071632.012500", "071633.172500", "071634.332500", "071635.492500", "071636.652500", "071637.812500", "071638.972500", "071640.132500", "071641.292500", "071642.452500", "071643.612500", "071644.772500", "071645.932500", "071647.092500", "071648.252500", "071649.412500", "071650.572500", "071651.732500", "071652.892500", "071654.052500", "071655.212500", "071656.372500"], "ContentTime": ["070707.968000", "070714.218000", "070714.218000", "070714.234000", "070714.234000", "070714.234000", "070719.218000", "070719.218000", "070719.218000", "070719.234000", "070724.218000", "070724.218000", "070724.218000", "070729.218000", "070729.218000", "070729.218000", "070729.234000", "070734.218000", "070734.218000", "070734.218000", "070739.218000", "070739.218000", "070739.218000", "070744.218000", "070744.218000", "070744.218000", "070744.234000", "070749.218000", "070749.218000", "070749.218000", "070754.218000", "070754.218000", "070754.218000", "070754.234000", "070759.218000", "070759.218000", "070759.218000", "070804.218000", "070804.218000", "070804.218000", "070804.234000", "070809.218000", "070809.218000", "070809.218000", "070814.218000", "070814.218000", "070814.218000", "070814.234000", "070819.218000", "070819.218000", "070819.218000", "070819.234000", "070824.218000", "070824.218000", "070824.218000", "070829.218000", "070829.218000", "070829.218000", "070829.234000", "070834.218000", "070834.234000", "070834.234000", "070839.218000", "070839.218000", "070839.218000", "070839.234000", "070844.218000", "070844.218000", "070844.218000", "070849.218000", "070849.218000", "070849.234000", "070849.234000", "070854.218000", "070854.218000", "070854.234000", "070859.218000", "070859.234000", "070859.234000", "070859.234000", "070859.234000", "070904.218000", "070904.218000", "070904.218000", "070909.218000", "070909.218000", "070909.218000", "070909.234000", "070914.218000", "070914.218000", "070914.218000", "070914.234000", "070919.218000", "070919.218000", "070919.218000", "070924.218000", "070924.218000", "070924.218000", "070924.234000", "070929.218000", "070929.218000", "070929.218000", "070929.234000", "070934.218000", "070934.218000", "070934.250000", "070939.218000", "070939.218000", "070939.218000", "070939.234000", "070944.218000", "070944.218000", "070944.218000", "070944.234000", "070949.218000", "070949.218000", "070949.218000", "070954.218000", "070954.218000", "070954.234000", "070954.234000", "070959.218000", "070959.218000", "070959.218000", "070959.234000", "071004.218000", "071004.218000", "071004.218000", "071009.218000", "071009.218000", "071009.218000", "071009.234000", "071014.218000", "071014.218000", "071014.218000", "071019.218000", "071019.218000", "071019.218000", "071024.218000", "071024.218000", "071024.218000", "071024.234000", "071029.218000", "071029.218000", "071029.218000", "071029.234000", "071034.218000", "071034.218000", "071034.218000", "071034.234000", "071039.218000", "071039.218000", "071039.218000", "071044.218000", "071044.218000", "071044.218000", "071044.234000", "071049.218000", "071049.218000", "071049.218000", "071049.234000", "071054.218000", "071054.218000", "071054.218000", "071054.234000", "071059.218000", "071059.218000", "071059.218000", "071059.234000", "071104.218000", "071104.218000", "071104.218000", "071109.218000", "071109.218000", "071109.218000", "071109.234000", "071114.218000", "071114.218000", "071114.218000", "071119.218000", "071119.218000", "071119.218000", "071119.234000", "071124.218000", "071124.218000", "071124.218000", "071124.234000", "071129.218000", "071129.218000", "071129.218000", "071134.218000", "071134.234000", "071134.234000", "071134.234000", "071139.218000", "071139.234000", "071139.234000", "071144.218000", "071144.218000", "071144.218000", "071149.218000", "071149.218000", "071149.234000", "071149.234000", "071154.218000", "071154.218000", "071154.218000", "071154.234000", "071159.218000", "071159.218000", "071159.218000", "071204.218000", "071204.218000", "071204.218000", "071204.234000", "071209.218000", "071209.218000", "071209.218000", "071209.234000", "071214.218000", "071214.218000", "071214.218000", "071219.218000", "071219.218000", "071219.218000", "071219.234000", "071224.218000", "071224.218000", "071224.234000", "071229.218000", "071229.218000", "071229.218000", "071229.234000", "071234.218000", "071234.218000", "071234.218000", "071234.234000", "071239.218000", "071239.218000", "071239.218000", "071244.218000", "071244.218000", "071244.218000", "071249.218000", "071249.218000", "071249.218000", "071249.234000", "071254.218000", "071254.218000", "071254.218000", "071254.234000", "071259.218000", "071259.218000", "071259.218000", "071304.218000", "071304.218000", "071304.218000", "071304.234000", "071309.234000", "071309.234000", "071309.234000", "071314.218000", "071314.218000", "071314.218000", "071314.234000", "071319.218000", "071319.218000", "071319.218000", "071319.234000", "071324.218000", "071324.218000", "071324.218000", "071324.234000", "071329.218000", "071329.234000", "071329.234000", "071334.218000", "071334.218000", "071334.218000", "071334.234000", "071339.218000", "071339.218000", "071339.218000", "071344.218000", "071344.218000", "071344.218000", "071344.234000", "071349.218000", "071349.218000", "071349.218000", "071354.218000", "071354.218000", "071354.218000", "071354.234000", "071359.218000", "071359.218000", "071359.218000", "071359.234000", "071404.218000", "071404.218000", "071404.218000", "071404.234000", "071409.218000", "071409.218000", "071409.218000", "071414.218000", "071414.218000", "071414.218000", "071414.250000", "071419.218000", "071419.218000", "071419.218000", "071424.218000", "071424.218000", "071424.218000", "071429.218000", "071429.218000", "071429.234000", "071429.234000", "071434.218000", "071434.234000", "071434.234000", "071439.218000", "071439.218000", "071439.218000", "071439.234000", "071444.218000", "071444.218000", "071444.218000", "071449.218000", "071449.218000", "071449.218000", "071449.234000", "071454.218000", "071454.218000", "071454.218000", "071454.234000", "071459.218000", "071459.218000", "071459.218000", "071504.218000", "071504.234000", "071504.234000", "071504.234000", "071509.218000", "071509.218000", "071509.218000", "071514.218000", "071514.218000", "071514.218000", "071514.234000", "071519.218000", "071519.218000", "071519.218000", "071524.218000", "071524.218000", "071524.234000", "071524.234000", "071529.218000", "071529.218000", "071529.218000", "071534.218000", "071534.234000", "071534.234000", "071534.234000", "071539.218000", "071539.218000", "071539.218000", "071544.218000", "071544.218000", "071544.218000", "071544.234000", "071549.218000", "071549.218000", "071549.218000", "071549.234000", "071554.218000", "071554.218000", "071554.218000", "071554.234000", "071559.218000", "071559.218000", "071559.218000", "071604.218000", "071604.218000", "071604.218000", "071604.234000", "071609.218000", "071609.218000", "071609.218000", "071609.234000", "071614.218000", "071614.218000", "071614.234000", "071619.218000", "071619.218000", "071619.218000", "071619.234000", "071624.218000", "071624.218000", "071624.218000", "071624.234000", "071629.218000", "071629.218000", "071629.218000", "071629.234000", "071634.218000", "071634.218000", "071634.218000", "071639.218000", "071639.218000", "071639.218000", "071639.234000", "071644.218000", "071644.218000", "071644.218000", "071644.234000", "071649.218000", "071649.218000", "071649.234000", "071654.218000", "071654.218000", "071654.234000", "071654.234000", "071659.218000", "071659.218000", "071659.234000", "071659.234000", "071704.218000", "071704.218000", "071704.218000", "071704.234000", "071709.218000", "071709.218000", "071709.218000", "071709.234000", "071714.218000", "071714.218000", "071714.218000", "071714.234000", "071719.218000", "071719.218000", "071719.218000", "071719.234000", "071724.218000", "071724.218000", "071724.218000", "071724.234000", "071729.218000", "071729.218000", "071729.218000", "071729.234000", "071734.218000", "071734.218000", "071734.218000", "071734.234000", "071739.218000", "071739.234000", "071739.250000", "071739.250000", "071744.218000", "071744.218000", "071744.218000", "071744.234000", "071749.218000", "071749.218000", "071749.218000", "071749.234000", "071754.218000", "071754.218000", "071754.218000", "071754.234000", "071759.218000", "071759.218000", "071759.218000", "071759.234000", "071804.218000", "071804.218000", "071804.218000", "071804.234000", "071809.218000", "071809.218000", "071809.218000", "071809.234000", "071814.218000", "071814.218000", "071814.218000", "071814.234000", "071819.218000", "071819.218000", "071819.218000", "071819.234000", "071824.218000", "071824.218000", "071824.218000", "071824.234000", "071824.234000", "071829.218000", "071829.218000", "071829.218000", "071834.218000", "071834.218000", "071834.218000", "071834.234000", "071834.234000", "071839.218000", "071839.234000", "071839.234000", "071839.234000", "071844.218000", "071844.218000", "071844.218000", "071844.234000", "071849.218000", "071849.218000", "071849.218000", "071849.234000", "071850.734000"], "InstanceCreationTime": ["070707.968000", "070714.218000", "070714.218000", "070714.234000", "070714.234000", "070714.234000", "070719.218000", "070719.218000", "070719.218000", "070719.234000", "070724.218000", "070724.218000", "070724.218000", "070729.218000", "070729.218000", "070729.218000", "070729.234000", "070734.218000", "070734.218000", "070734.218000", "070739.218000", "070739.218000", "070739.218000", "070744.218000", "070744.218000", "070744.218000", "070744.234000", "070749.218000", "070749.218000", "070749.218000", "070754.218000", "070754.218000", "070754.218000", "070754.234000", "070759.218000", "070759.218000", "070759.218000", "070804.218000", "070804.218000", "070804.218000", "070804.234000", "070809.218000", "070809.218000", "070809.218000", "070814.218000", "070814.218000", "070814.218000", "070814.234000", "070819.218000", "070819.218000", "070819.218000", "070819.234000", "070824.218000", "070824.218000", "070824.218000", "070829.218000", "070829.218000", "070829.218000", "070829.234000", "070834.218000", "070834.234000", "070834.234000", "070839.218000", "070839.218000", "070839.218000", "070839.234000", "070844.218000", "070844.218000", "070844.218000", "070849.218000", "070849.218000", "070849.234000", "070849.234000", "070854.218000", "070854.218000", "070854.234000", "070859.218000", "070859.234000", "070859.234000", "070859.234000", "070859.234000", "070904.218000", "070904.218000", "070904.218000", "070909.218000", "070909.218000", "070909.218000", "070909.234000", "070914.218000", "070914.218000", "070914.218000", "070914.234000", "070919.218000", "070919.218000", "070919.218000", "070924.218000", "070924.218000", "070924.218000", "070924.234000", "070929.218000", "070929.218000", "070929.218000", "070929.234000", "070934.218000", "070934.218000", "070934.250000", "070939.218000", "070939.218000", "070939.218000", "070939.234000", "070944.218000", "070944.218000", "070944.218000", "070944.234000", "070949.218000", "070949.218000", "070949.218000", "070954.218000", "070954.218000", "070954.234000", "070954.234000", "070959.218000", "070959.218000", "070959.218000", "070959.234000", "071004.218000", "071004.218000", "071004.218000", "071009.218000", "071009.218000", "071009.218000", "071009.234000", "071014.218000", "071014.218000", "071014.218000", "071019.218000", "071019.218000", "071019.218000", "071024.218000", "071024.218000", "071024.218000", "071024.234000", "071029.218000", "071029.218000", "071029.218000", "071029.234000", "071034.218000", "071034.218000", "071034.218000", "071034.234000", "071039.218000", "071039.218000", "071039.218000", "071044.218000", "071044.218000", "071044.218000", "071044.234000", "071049.218000", "071049.218000", "071049.218000", "071049.234000", "071054.218000", "071054.218000", "071054.218000", "071054.234000", "071059.218000", "071059.218000", "071059.218000", "071059.234000", "071104.218000", "071104.218000", "071104.218000", "071109.218000", "071109.218000", "071109.218000", "071109.234000", "071114.218000", "071114.218000", "071114.218000", "071119.218000", "071119.218000", "071119.218000", "071119.234000", "071124.218000", "071124.218000", "071124.218000", "071124.234000", "071129.218000", "071129.218000", "071129.218000", "071134.218000", "071134.234000", "071134.234000", "071134.234000", "071139.218000", "071139.234000", "071139.234000", "071144.218000", "071144.218000", "071144.218000", "071149.218000", "071149.218000", "071149.234000", "071149.234000", "071154.218000", "071154.218000", "071154.218000", "071154.234000", "071159.218000", "071159.218000", "071159.218000", "071204.218000", "071204.218000", "071204.218000", "071204.234000", "071209.218000", "071209.218000", "071209.218000", "071209.234000", "071214.218000", "071214.218000", "071214.218000", "071219.218000", "071219.218000", "071219.218000", "071219.234000", "071224.218000", "071224.218000", "071224.234000", "071229.218000", "071229.218000", "071229.218000", "071229.234000", "071234.218000", "071234.218000", "071234.218000", "071234.234000", "071239.218000", "071239.218000", "071239.218000", "071244.218000", "071244.218000", "071244.218000", "071249.218000", "071249.218000", "071249.218000", "071249.234000", "071254.218000", "071254.218000", "071254.218000", "071254.234000", "071259.218000", "071259.218000", "071259.218000", "071304.218000", "071304.218000", "071304.218000", "071304.234000", "071309.234000", "071309.234000", "071309.234000", "071314.218000", "071314.218000", "071314.218000", "071314.234000", "071319.218000", "071319.218000", "071319.218000", "071319.234000", "071324.218000", "071324.218000", "071324.218000", "071324.234000", "071329.218000", "071329.234000", "071329.234000", "071334.218000", "071334.218000", "071334.218000", "071334.234000", "071339.218000", "071339.218000", "071339.218000", "071344.218000", "071344.218000", "071344.218000", "071344.234000", "071349.218000", "071349.218000", "071349.218000", "071354.218000", "071354.218000", "071354.218000", "071354.234000", "071359.218000", "071359.218000", "071359.218000", "071359.234000", "071404.218000", "071404.218000", "071404.218000", "071404.234000", "071409.218000", "071409.218000", "071409.218000", "071414.218000", "071414.218000", "071414.218000", "071414.250000", "071419.218000", "071419.218000", "071419.218000", "071424.218000", "071424.218000", "071424.218000", "071429.218000", "071429.218000", "071429.234000", "071429.234000", "071434.218000", "071434.234000", "071434.234000", "071439.218000", "071439.218000", "071439.218000", "071439.234000", "071444.218000", "071444.218000", "071444.218000", "071449.218000", "071449.218000", "071449.218000", "071449.234000", "071454.218000", "071454.218000", "071454.218000", "071454.234000", "071459.218000", "071459.218000", "071459.218000", "071504.218000", "071504.234000", "071504.234000", "071504.234000", "071509.218000", "071509.218000", "071509.218000", "071514.218000", "071514.218000", "071514.218000", "071514.234000", "071519.218000", "071519.218000", "071519.218000", "071524.218000", "071524.218000", "071524.234000", "071524.234000", "071529.218000", "071529.218000", "071529.218000", "071534.218000", "071534.234000", "071534.234000", "071534.234000", "071539.218000", "071539.218000", "071539.218000", "071544.218000", "071544.218000", "071544.218000", "071544.234000", "071549.218000", "071549.218000", "071549.218000", "071549.234000", "071554.218000", "071554.218000", "071554.218000", "071554.234000", "071559.218000", "071559.218000", "071559.218000", "071604.218000", "071604.218000", "071604.218000", "071604.234000", "071609.218000", "071609.218000", "071609.218000", "071609.234000", "071614.218000", "071614.218000", "071614.234000", "071619.218000", "071619.218000", "071619.218000", "071619.234000", "071624.218000", "071624.218000", "071624.218000", "071624.234000", "071629.218000", "071629.218000", "071629.218000", "071629.234000", "071634.218000", "071634.218000", "071634.218000", "071639.218000", "071639.218000", "071639.218000", "071639.234000", "071644.218000", "071644.218000", "071644.218000", "071644.234000", "071649.218000", "071649.218000", "071649.234000", "071654.218000", "071654.218000", "071654.234000", "071654.234000", "071659.218000", "071659.218000", "071659.234000", "071659.234000", "071704.218000", "071704.218000", "071704.218000", "071704.234000", "071709.218000", "071709.218000", "071709.218000", "071709.234000", "071714.218000", "071714.218000", "071714.218000", "071714.234000", "071719.218000", "071719.218000", "071719.218000", "071719.234000", "071724.218000", "071724.218000", "071724.218000", "071724.234000", "071729.218000", "071729.218000", "071729.218000", "071729.234000", "071734.218000", "071734.218000", "071734.218000", "071734.234000", "071739.218000", "071739.234000", "071739.250000", "071739.250000", "071744.218000", "071744.218000", "071744.218000", "071744.234000", "071749.218000", "071749.218000", "071749.218000", "071749.234000", "071754.218000", "071754.218000", "071754.218000", "071754.234000", "071759.218000", "071759.218000", "071759.218000", "071759.234000", "071804.218000", "071804.218000", "071804.218000", "071804.234000", "071809.218000", "071809.218000", "071809.218000", "071809.234000", "071814.218000", "071814.218000", "071814.218000", "071814.234000", "071819.218000", "071819.218000", "071819.218000", "071819.234000", "071824.218000", "071824.218000", "071824.218000", "071824.234000", "071824.234000", "071829.218000", "071829.218000", "071829.218000", "071834.218000", "071834.218000", "071834.218000", "071834.234000", "071834.234000", "071839.218000", "071839.234000", "071839.234000", "071839.234000", "071844.218000", "071844.218000", "071844.218000", "071844.234000", "071849.218000", "071849.218000", "071849.218000", "071849.234000", "071850.734000"], "InstanceNumber": [1, 2, 3, 4, 5, 6, 7, 8, 9, 10, 11, 12, 13, 14, 15, 16, 17, 18, 19, 20, 21, 22, 23, 24, 25, 26, 27, 28, 29, 30, 31, 32, 33, 34, 35, 36, 37, 38, 39, 40, 41, 42, 43, 44, 45, 46, 47, 48, 49, 50, 51, 52, 53, 54, 55, 56, 57, 58, 59, 60, 61, 62, 63, 64, 65, 66, 67, 68, 69, 70, 71, 72, 73, 74, 75, 76, 77, 78, 79, 80, 81, 82, 83, 84, 85, 86, 87, 88, 89, 90, 91, 92, 93, 94, 95, 96, 97, 98, 99, 100, 101, 102, 103, 104, 105, 106, 107, 108, 109, 110, 111, 112, 113, 114, 115, 116, 117, 118, 119, 120, 121, 122, 123, 124, 125, 126, 127, 128, 129, 130, 131, 132, 133, 134, 135, 136, 137, 138, 139, 140, 141, 142, 143, 144, 145, 146, 147, 148, 149, 150, 151, 152, 153, 154, 155, 156, 157, 158, 159, 160, 161, 162, 163, 164, 165, 166, 167, 168, 169, 170, 171, 172, 173, 174, 175, 176, 177, 178, 179, 180, 181, 182, 183, 184, 185, 186, 187, 188, 189, 190, 191, 192, 193, 194, 195, 196, 197, 198, 199, 200, 201, 202, 203, 204, 205, 206, 207, 208, 209, 210, 211, 212, 213, 214, 215, 216, 217, 218, 219, 220, 221, 222, 223, 224, 225, 226, 227, 228, 229, 230, 231, 232, 233, 234, 235, 236, 237, 238, 239, 240, 241, 242, 243, 244, 245, 246, 247, 248, 249, 250, 251, 252, 253, 254, 255, 256, 257, 258, 259, 260, 261, 262, 263, 264, 265, 266, 267, 268, 269, 270, 271, 272, 273, 274, 275, 276, 277, 278, 279, 280, 281, 282, 283, 284, 285, 286, 287, 288, 289, 290, 291, 292, 293, 294, 295, 296, 297, 298, 299, 300, 301, 302, 303, 304, 305, 306, 307, 308, 309, 310, 311, 312, 313, 314, 315, 316, 317, 318, 319, 320, 321, 322, 323, 324, 325, 326, 327, 328, 329, 330, 331, 332, 333, 334, 335, 336, 337, 338, 339, 340, 341, 342, 343, 344, 345, 346, 347, 348, 349, 350, 351, 352, 353, 354, 355, 356, 357, 358, 359, 360, 361, 362, 363, 364, 365, 366, 367, 368, 369, 370, 371, 372, 373, 374, 375, 376, 377, 378, 379, 380, 381, 382, 383, 384, 385, 386, 387, 388, 389, 390, 391, 392, 393, 394, 395, 396, 397, 398, 399, 400, 401, 402, 403, 404, 405, 406, 407, 408, 409, 410, 411, 412, 413, 414, 415, 416, 417, 418, 419, 420, 421, 422, 423, 424, 425, 426, 427, 428, 429, 430, 431, 432, 433, 434, 435, 436, 437, 438, 439, 440, 441, 442, 443, 444, 445, 446, 447, 448, 449, 450, 451, 452, 453, 454, 455, 456, 457, 458, 459, 460, 461, 462, 463, 464, 465, 466, 467, 468, 469, 470, 471, 472, 473, 474, 475, 476, 477, 478, 479, 480, 481, 482, 483, 484, 485, 486, 487, 488, 489, 490, 491, 492, 493, 494, 495, 496, 497, 498, 499, 500, 501, 502, 503, 504, 505, 506, 507, 508, 509, 510, 511, 512, 513, 514, 515, 516, 517, 518], "LargestImagePixelValue": [25120, 26135, 28151, 24347, 24080, 24332, 23958, 23803, 25130, 25750, 24461, 23895, 24302, 26940, 23683, 23914, 23692, 26911, 25720, 28657, 23864, 23823, 23844, 24935, 25669, 23808, 23664, 24570, 25830, 26229, 27427, 23775, 23705, 27147, 25605, 25903, 24902, 24080, 23816, 25678, 25121, 27514, 24913, 23969, 24261, 23968, 26052, 29039, 24568, 23955, 24234, 23742, 24338, 24481, 23825, 24134, 24032, 23901, 25308, 24702, 26194, 26704, 26344, 25580, 23827, 23835, 24780, 24715, 26290, 26338, 23833, 23893, 24112, 26332, 23902, 23455, 23735, 28842, 24398, 27510, 26140, 23712, 26491, 28201, 23765, 24307, 24395, 29549, 24082, 23815, 23727, 23674, 23686, 24927, 23806, 23780, 23641, 25495, 28524, 23527, 24351, 26741, 23613, 23552, 23666, 27596, 26372, 23741, 23583, 23903, 23917, 25703, 24893, 24195, 23957, 24976, 27506, 23756, 23798, 24350, 23730, 24724, 24677, 23931, 24052, 30669, 25635, 27853, 23640, 23668, 24250, 24471, 23625, 23523, 24764, 23658, 24165, 25553, 23909, 23565, 25132, 26573, 25695, 23508, 24078, 27667, 26288, 23647, 23416, 23590, 23770, 25836, 26183, 28713, 23465, 23436, 23422, 23925, 23695, 25292, 26919, 23553, 23932, 27028, 23592, 26345, 23618, 23318, 23358, 25044, 25321, 26707, 29232, 23888, 25052, 23386, 24976, 24382, 23710, 23586, 23807, 24666, 23466, 24551, 23710, 25178, 26922, 23293, 23523, 23591, 26997, 23749, 23515, 24409, 26107, 29458, 23589, 24321, 23354, 26650, 23383, 23389, 27010, 23762, 29308, 23543, 23616, 24020, 26083, 25565, 25281, 23324, 23210, 23210, 24000, 24371, 24675, 29351, 23288, 25717, 24189, 27154, 23014, 24687, 23301, 27711, 25698, 24023, 25120, 22779, 22904, 23801, 22881, 23281, 23458, 27518, 27273, 23006, 23406, 25010, 24595, 26265, 22993, 23028, 23178, 26773, 23057, 23036, 22751, 23384, 24689, 24989, 27371, 25318, 23153, 22954, 23147, 25116, 23425, 27825, 23013, 22880, 23859, 25721, 24385, 25391, 23050, 23091, 24986, 28346, 25206, 27599, 22883, 22962, 23186, 24120, 25074, 26344, 26529, 23467, 23850, 24824, 25974, 27263, 25937, 24391, 23298, 24917, 29094, 23190, 24376, 24477, 23030, 23572, 29089, 24808, 26325, 23257, 25651, 25010, 29688, 23912, 23872, 23744, 23078, 22734, 23706, 25406, 24984, 27565, 23072, 23006, 23716, 27423, 24521, 26211, 23253, 22988, 23147, 24844, 25960, 24678, 22988, 23373, 24604, 23700, 27607, 27491, 23027, 24256, 25758, 24412, 25505, 23093, 23191, 25525, 27364, 26630, 23293, 23243, 24877, 25914, 23094, 23884, 23243, 29220, 23061, 25812, 26037, 30962, 23355, 23019, 24882, 23070, 22913, 23838, 26825, 23114, 24549, 25031, 28265, 26300, 23895, 24469, 23257, 23097, 24289, 23953, 28756, 22898, 23980, 27243, 24540, 29513, 23424, 23151, 23217, 29545, 23398, 23155, 23345, 26524, 23279, 23008, 23951, 25285, 23893, 28215, 22944, 24534, 27022, 27596, 24861, 29914, 27493, 22920, 23156, 23936, 24449, 23269, 24372, 27774, 22978, 23464, 23203, 23317, 27035, 27673, 23297, 23887, 23089, 26154, 28870, 26558, 23153, 23234, 23886, 24763, 24075, 25762, 28042, 25024, 23444, 24049, 24135, 23389, 25112, 23638, 25496, 26675, 23577, 23234, 23286, 23269, 23885, 23759, 28821, 23245, 23422, 23577, 26444, 24603, 24776, 24217, 26850, 31710, 24899, 29069, 23768, 26587, 25200, 26948, 26286, 27185, 24637, 25511, 25368, 23143, 28833, 27867, 24660, 23662, 22869, 25489, 25513, 25098, 23676, 23940, 22959, 23275, 27006, 23067, 23213, 23981, 23235, 25735, 26021, 23249, 23201, 24084, 24379, 25157, 25034, 23354, 29684, 25475, 28949, 27385, 23662, 24830, 23737, 27366, 25913, 23568, 23345, 23741, 24258, 28100, 23308, 23329, 23471, 24538, 29944, 26549, 23308, 23486, 23650, 25177, 27819, 24208, 27311, 28070, 29640, 24944, 23904, 23754, 25815, 28755], "WindowCenter": [9906.0, 9901.0, 9919.0, 9896.0, 9893.0, 9868.0, 9884.0, 9877.0, 9879.0, 9897.0, 9885.0, 9907.0, 9916.0, 9932.0, 9896.0, 9898.0, 9891.0, 9906.0, 9891.0, 9919.0, 9887.0, 9891.0, 9862.0, 9889.0, 9906.0, 9880.0, 9895.0, 9902.0, 9892.0, 9895.0, 9904.0, 9886.0, 9878.0, 9874.0, 9884.0, 9872.0, 9860.0, 9866.0, 9862.0, 9865.0, 9888.0, 9885.0, 9876.0, 9888.0, 9881.0, 9863.0, 9874.0, 9881.0, 9862.0, 9855.0, 9871.0, 9872.0, 9886.0, 9883.0, 9875.0, 9876.0, 9869.0, 9870.0, 9877.0, 9871.0, 9892.0, 9880.0, 9885.0, 9890.0, 9868.0, 9876.0, 9885.0, 9859.0, 9904.0, 9883.0, 9882.0, 9889.0, 9882.0, 9880.0, 9885.0, 9884.0, 9878.0, 9888.0, 9860.0, 9895.0, 9874.0, 9869.0, 9874.0, 9863.0, 9840.0, 9851.0, 9831.0, 9856.0, 9851.0, 9847.0, 9853.0, 9867.0, 9859.0, 9865.0, 9858.0, 9859.0, 9885.0, 9892.0, 9884.0, 9861.0, 9870.0, 9869.0, 9871.0, 9866.0, 9853.0, 9890.0, 9881.0, 9866.0, 9865.0, 9872.0, 9870.0, 9879.0, 9869.0, 9884.0, 9870.0, 9895.0, 9881.0, 9872.0, 9876.0, 9853.0, 9868.0, 9882.0, 9882.0, 9886.0, 9868.0, 9893.0, 9862.0, 9888.0, 9860.0, 9829.0, 9852.0, 9857.0, 9854.0, 9827.0, 9873.0, 9846.0, 9849.0, 9869.0, 9847.0, 9843.0, 9857.0, 9861.0, 9830.0, 9839.0, 9841.0, 9854.0, 9853.0, 9839.0, 9831.0, 9858.0, 9836.0, 9859.0, 9857.0, 9871.0, 9837.0, 9874.0, 9854.0, 9867.0, 9855.0, 9870.0, 9860.0, 9857.0, 9862.0, 9873.0, 9825.0, 9853.0, 9858.0, 9866.0, 9869.0, 9881.0, 9880.0, 9866.0, 9862.0, 9838.0, 9857.0, 9838.0, 9851.0, 9842.0, 9849.0, 9826.0, 9848.0, 9854.0, 9841.0, 9857.0, 9833.0, 9878.0, 9876.0, 9873.0, 9875.0, 9844.0, 9866.0, 9845.0, 9845.0, 9853.0, 9846.0, 9885.0, 9839.0, 9852.0, 9832.0, 9852.0, 9841.0, 9844.0, 9872.0, 9862.0, 9875.0, 9839.0, 9844.0, 9854.0, 9866.0, 9853.0, 9843.0, 9845.0, 9841.0, 9832.0, 9828.0, 9835.0, 9828.0, 9873.0, 9821.0, 9851.0, 9831.0, 9826.0, 9809.0, 9817.0, 9826.0, 9825.0, 9801.0, 9807.0, 9800.0, 9790.0, 9802.0, 9821.0, 9824.0, 9838.0, 9844.0, 9855.0, 9858.0, 9832.0, 9832.0, 9848.0, 9838.0, 9848.0, 9824.0, 9831.0, 9840.0, 9862.0, 9843.0, 9851.0, 9839.0, 9825.0, 9825.0, 9848.0, 9858.0, 9838.0, 9836.0, 9847.0, 9833.0, 9833.0, 9842.0, 9858.0, 9822.0, 9864.0, 9864.0, 9864.0, 9843.0, 9829.0, 9843.0, 9840.0, 9852.0, 9859.0, 9857.0, 9864.0, 9837.0, 9839.0, 9825.0, 9834.0, 9843.0, 9869.0, 9870.0, 9854.0, 9842.0, 9851.0, 9849.0, 9862.0, 9845.0, 9848.0, 9847.0, 9851.0, 9873.0, 9828.0, 9825.0, 9828.0, 9830.0, 9848.0, 9848.0, 9819.0, 9826.0, 9822.0, 9816.0, 9812.0, 9853.0, 9826.0, 9807.0, 9829.0, 9823.0, 9836.0, 9839.0, 9843.0, 9839.0, 9853.0, 9826.0, 9837.0, 9832.0, 9852.0, 9844.0, 9840.0, 9822.0, 9819.0, 9831.0, 9836.0, 9827.0, 9813.0, 9808.0, 9822.0, 9812.0, 9813.0, 9841.0, 9833.0, 9802.0, 9822.0, 9807.0, 9808.0, 9812.0, 9819.0, 9811.0, 9833.0, 9841.0, 9842.0, 9806.0, 9818.0, 9828.0, 9830.0, 9819.0, 9821.0, 9820.0, 9846.0, 9819.0, 9828.0, 9834.0, 9843.0, 9803.0, 9819.0, 9851.0, 9825.0, 9828.0, 9852.0, 9853.0, 9825.0, 9862.0, 9856.0, 9861.0, 9856.0, 9824.0, 9856.0, 9842.0, 9852.0, 9838.0, 9867.0, 9869.0, 9832.0, 9827.0, 9849.0, 9810.0, 9854.0, 9813.0, 9813.0, 9814.0, 9856.0, 9806.0, 9785.0, 9804.0, 9839.0, 9843.0, 9831.0, 9826.0, 9838.0, 9823.0, 9844.0, 9813.0, 9810.0, 9833.0, 9838.0, 9816.0, 9833.0, 9839.0, 9800.0, 9780.0, 9799.0, 9771.0, 9777.0, 9790.0, 9820.0, 9793.0, 9821.0, 9813.0, 9814.0, 9839.0, 9846.0, 9817.0, 9835.0, 9805.0, 9835.0, 9840.0, 9809.0, 9808.0, 9804.0, 9812.0, 9815.0, 9807.0, 9827.0, 9841.0, 9830.0, 9795.0, 9828.0, 9823.0, 9844.0, 9840.0, 9829.0, 9842.0, 9841.0, 9867.0, 9840.0, 9838.0, 9832.0, 9870.0, 9854.0, 9860.0, 9835.0, 9831.0, 9833.0, 9866.0, 9845.0, 9850.0, 9841.0, 9861.0, 9872.0, 9818.0, 9837.0, 9800.0, 9837.0, 9811.0, 9808.0, 9848.0, 9879.0, 9834.0, 9850.0, 9842.0, 9819.0, 9845.0, 9849.0, 9824.0, 9806.0, 9805.0, 9824.0, 9859.0, 9861.0, 9830.0, 9831.0, 9827.0, 9829.0, 9822.0, 9801.0, 9803.0, 9821.0, 9832.0, 9828.0, 9827.0, 9812.0, 9812.0, 9806.0, 9824.0, 9847.0, 9822.0, 9826.0, 9846.0, 9834.0, 9823.0, 9833.0, 9792.0, 9793.0, 9784.0, 9824.0, 9835.0, 9817.0, 9813.0, 9830.0, 9830.0, 9842.0, 9817.0, 9843.0, 9825.0, 9838.0, 9866.0, 9825.0, 9822.0, 9833.0, 9838.0, 9847.0, 9845.0, 9827.0, 9865.0, 9862.0, 9888.0, 9838.0, 9844.0, 9831.0, 9847.0, 9858.0], "WindowWidth": [20975.0, 20958.0, 20986.0, 20940.0, 20931.0, 20890.0, 20917.0, 20903.0, 20908.0, 20944.0, 20924.0, 20968.0, 20994.0, 21022.0, 20949.0, 20950.0, 20934.0, 20961.0, 20935.0, 20984.0, 20926.0, 20933.0, 20881.0, 20930.0, 20967.0, 20917.0, 20941.0, 20955.0, 20933.0, 20941.0, 20966.0, 20924.0, 20906.0, 20897.0, 20912.0, 20891.0, 20874.0, 20884.0, 20871.0, 20878.0, 20920.0, 20915.0, 20894.0, 20916.0, 20910.0, 20874.0, 20893.0, 20903.0, 20864.0, 20850.0, 20891.0, 20888.0, 20917.0, 20915.0, 20897.0, 20900.0, 20888.0, 20889.0, 20898.0, 20884.0, 20926.0, 20915.0, 20918.0, 20924.0, 20886.0, 20904.0, 20925.0, 20872.0, 20952.0, 20912.0, 20911.0, 20930.0, 20919.0, 20915.0, 20924.0, 20917.0, 20903.0, 20920.0, 20869.0, 20933.0, 20892.0, 20881.0, 20891.0, 20867.0, 20819.0, 20840.0, 20804.0, 20847.0, 20847.0, 20837.0, 20851.0, 20878.0, 20863.0, 20882.0, 20868.0, 20870.0, 20914.0, 20928.0, 20910.0, 20865.0, 20892.0, 20891.0, 20891.0, 20882.0, 20854.0, 20925.0, 20913.0, 20878.0, 20881.0, 20895.0, 20888.0, 20905.0, 20888.0, 20921.0, 20894.0, 20937.0, 20911.0, 20889.0, 20901.0, 20857.0, 20883.0, 20912.0, 20913.0, 20920.0, 20892.0, 20934.0, 20873.0, 20918.0, 20861.0, 20804.0, 20849.0, 20854.0, 20852.0, 20798.0, 20882.0, 20835.0, 20842.0, 20879.0, 20837.0, 20825.0, 20850.0, 20856.0, 20797.0, 20812.0, 20821.0, 20851.0, 20847.0, 20819.0, 20801.0, 20851.0, 20812.0, 20855.0, 20861.0, 20882.0, 20816.0, 20887.0, 20850.0, 20874.0, 20852.0, 20887.0, 20868.0, 20859.0, 20868.0, 20883.0, 20792.0, 20853.0, 20867.0, 20880.0, 20886.0, 20905.0, 20899.0, 20870.0, 20862.0, 20820.0, 20856.0, 20819.0, 20843.0, 20822.0, 20836.0, 20796.0, 20835.0, 20848.0, 20823.0, 20853.0, 20813.0, 20903.0, 20896.0, 20890.0, 20893.0, 20835.0, 20874.0, 20839.0, 20834.0, 20847.0, 20837.0, 20901.0, 20814.0, 20847.0, 20806.0, 20843.0, 20825.0, 20828.0, 20877.0, 20865.0, 20886.0, 20819.0, 20830.0, 20849.0, 20873.0, 20848.0, 20827.0, 20826.0, 20816.0, 20799.0, 20794.0, 20807.0, 20795.0, 20879.0, 20783.0, 20835.0, 20793.0, 20782.0, 20751.0, 20765.0, 20780.0, 20779.0, 20729.0, 20737.0, 20727.0, 20708.0, 20736.0, 20780.0, 20785.0, 20813.0, 20823.0, 20841.0, 20845.0, 20796.0, 20803.0, 20831.0, 20813.0, 20829.0, 20784.0, 20800.0, 20822.0, 20864.0, 20829.0, 20840.0, 20816.0, 20788.0, 20792.0, 20831.0, 20850.0, 20814.0, 20807.0, 20827.0, 20802.0, 20804.0, 20829.0, 20857.0, 20786.0, 20862.0, 20866.0, 20869.0, 20829.0, 20802.0, 20828.0, 20825.0, 20848.0, 20863.0, 20852.0, 20862.0, 20813.0, 20813.0, 20796.0, 20806.0, 20822.0, 20873.0, 20878.0, 20853.0, 20829.0, 20846.0, 20842.0, 20864.0, 20833.0, 20838.0, 20835.0, 20841.0, 20880.0, 20794.0, 20791.0, 20794.0, 20797.0, 20829.0, 20827.0, 20776.0, 20783.0, 20776.0, 20764.0, 20756.0, 20827.0, 20779.0, 20750.0, 20790.0, 20783.0, 20808.0, 20812.0, 20828.0, 20813.0, 20840.0, 20794.0, 20817.0, 20811.0, 20848.0, 20830.0, 20820.0, 20784.0, 20772.0, 20797.0, 20808.0, 20790.0, 20765.0, 20752.0, 20779.0, 20760.0, 20764.0, 20816.0, 20793.0, 20736.0, 20772.0, 20743.0, 20748.0, 20759.0, 20771.0, 20759.0, 20799.0, 20811.0, 20809.0, 20750.0, 20771.0, 20791.0, 20794.0, 20773.0, 20779.0, 20778.0, 20827.0, 20779.0, 20791.0, 20803.0, 20818.0, 20745.0, 20773.0, 20836.0, 20790.0, 20797.0, 20840.0, 20851.0, 20793.0, 20861.0, 20849.0, 20856.0, 20850.0, 20789.0, 20846.0, 20827.0, 20846.0, 20821.0, 20873.0, 20878.0, 20801.0, 20788.0, 20825.0, 20751.0, 20834.0, 20755.0, 20752.0, 20758.0, 20837.0, 20739.0, 20705.0, 20748.0, 20809.0, 20816.0, 20798.0, 20790.0, 20811.0, 20786.0, 20829.0, 20764.0, 20758.0, 20793.0, 20798.0, 20757.0, 20791.0, 20796.0, 20721.0, 20684.0, 20717.0, 20666.0, 20674.0, 20706.0, 20768.0, 20719.0, 20773.0, 20758.0, 20760.0, 20805.0, 20819.0, 20767.0, 20798.0, 20744.0, 20799.0, 20805.0, 20748.0, 20744.0, 20738.0, 20753.0, 20759.0, 20745.0, 20784.0, 20808.0, 20791.0, 20733.0, 20787.0, 20781.0, 20817.0, 20813.0, 20791.0, 20825.0, 20820.0, 20871.0, 20826.0, 20821.0, 20811.0, 20882.0, 20855.0, 20860.0, 20810.0, 20801.0, 20804.0, 20863.0, 20832.0, 20838.0, 20823.0, 20857.0, 20872.0, 20768.0, 20804.0, 20730.0, 20796.0, 20749.0, 20747.0, 20849.0, 20909.0, 20809.0, 20847.0, 20821.0, 20767.0, 20812.0, 20835.0, 20779.0, 20741.0, 20730.0, 20777.0, 20865.0, 20854.0, 20794.0, 20794.0, 20782.0, 20787.0, 20769.0, 20728.0, 20735.0, 20771.0, 20797.0, 20782.0, 20779.0, 20751.0, 20747.0, 20739.0, 20775.0, 20821.0, 20775.0, 20781.0, 20815.0, 20788.0, 20766.0, 20780.0, 20714.0, 20711.0, 20692.0, 20768.0, 20788.0, 20758.0, 20758.0, 20796.0, 20807.0, 20822.0, 20769.0, 20818.0, 20784.0, 20810.0, 20863.0, 20784.0, 20782.0, 20797.0, 20809.0, 20829.0, 20826.0, 20790.0, 20859.0, 20853.0, 20899.0, 20811.0, 20818.0, 20796.0, 20824.0, 20842.0]}, "slices": {}}}