{"AcquisitionMatrixPE": 96, "AcquisitionNumber": 1, "AcquisitionTime": "07:21:51.032500", "BandwidthPerPixelPhaseEncode": 33.602, "BaseResolution": 96, "BodyPartExamined": "BRAIN", "ConsistencyInfo": "N4_VD11D_LATEST_20110129", "ConversionSoftware": "dcm2niix", "ConversionSoftwareVersion": "v1.0.20210317", "DerivedVendorReportedEchoSpacing": 0.000620003, "DeviceSerialNumber": "45239", "DwellTime": 2.6e-06, "EchoTime": 0.03, "EchoTrainLength": 48, "EffectiveEchoSpacing": 0.000310001, "FlipAngle": 63, "ImageComments": "Unaliased MB4/PE3", "ImageOrientationPatientDICOM": [0.999925, -0.0104131, 0.00650683, 0.0122789, 0.847984, -0.529879], "ImageType": ["ORIGINAL", "PRIMARY", "M", "ND", "NORM", "MOSAIC"], "ImagingFrequency": 123.193, "InPlanePhaseEncodingDirectionDICOM": "COL", "InstitutionAddress": "E 24th St. 100,Austin,Southmiddle,US,78712", "InstitutionName": "Univ of Texas at Austin", "InstitutionalDepartmentName": "IRC", "MRAcquisitionType": "2D", "MagneticFieldStrength": 3, "Manufacturer": "Siemens", "ManufacturersModelName": "Skyra", "Modality": "MR", "MultibandAccelerationFactor": 4, "ParallelReductionFactorInPlane": 2, "PartialFourier": 1, "PatientPosition": "HFS", "PercentPhaseFOV": 100, "PercentSampling": 100, "PhaseEncodingDirection": "j-", "PhaseEncodingSteps": 96, "PhaseResolution": 1, "PixelBandwidth": 2005, "ProcedureStepDescription": "Poldrack2^self-scanning", "ProtocolName": "Resting State fMRI MBEPI_matrix96_BW2004", "PulseSequenceDetails": "%CustomerSeq%\\cmrr_mbep2d_bold", "ReceiveCoilActiveElements": "HEA;HEP", "ReceiveCoilName": "Head_32", "ReconMatrixPE": 96, "RefLinesPE": 94, "RepetitionTime": 1.16, "SAR": 0.11433, "ScanOptions": "FS", "ScanningSequence": "EP", "SequenceName": "epfid2d1_96", "SequenceVariant": "SK", "SeriesDescription": "Resting State fMRI MBEPI_matrix96_BW2004", "SeriesNumber": 9, "ShimSetting": [-2781, 8044, -15418, 134, -192, 29, 202, -101], "SliceThickness": 2, "SliceTiming": [0, 0.615, 0.07, 0.6825, 0.1375, 0.7525, 0.205, 0.82, 0.275, 0.8875, 0.3425, 0.955, 0.41, 1.025, 0.4775, 1.0925, 0.5475, 0, 0.615, 0.07, 0.6825, 0.1375, 0.7525, 0.205, 0.82, 0.275, 0.8875, 0.3425, 0.955, 0.41, 1.025, 0.4775, 1.0925, 0.5475, 0, 0.615, 0.07, 0.6825, 0.1375, 0.7525, 0.205, 0.82, 0.275, 0.8875, 0.3425, 0.955, 0.41, 1.025, 0.4775, 1.0925, 0.5475, 0, 0.615, 0.07, 0.6825, 0.1375, 0.7525, 0.205, 0.82, 0.275, 0.8875, 0.3425, 0.955, 0.41, 1.025, 0.4775, 1.0925, 0.5475], "SoftwareVersions": "syngo MR D11", "SpacingBetweenSlices": 2.4, "StationName": "AWP45239", "TaskName": "Resting fmri", "TotalReadoutTime": 0.0294501, "TxRefAmp": 350.536, "WipMemBlock": "db0e315f-8670-46f1-a3c6-47d48bb88479||Sequence: VD11D r154; May 23 2012 22:27:19 by eja", "dcmmeta_affine": [[-2.3956525325775146, 0.029418237507343292, -2.5684045112939202e-08, 116.4615707397461], [0.02494809404015541, 2.0316286087036133, -1.2718061208724976, -76.24970245361328], [0.015589267946779728, 1.2695024013519287, 2.0353152751922607, -76.76904296875], [0.0, 0.0, 0.0, 1.0]], "dcmmeta_reorient_transform": [[0.0, -1.0, 0.0, 95.0], [1.0, 0.0, 0.0, 0.0], [0.0, 0.0, 1.0, 0.0], [0.0, 0.0, 0.0, 1.0]], "dcmmeta_shape": [96, 96, 68, 518], "dcmmeta_slice_dim": 2, "dcmmeta_version": 0.6, "global": {"const": {"AcquisitionMatrix": [96, 0, 0, 96], "AngioFlag": "N", "BitsAllocated": 16, "BitsStored": 16, "BodyPartExamined": "BRAIN", "Columns": 864, "EchoNumbers": 1, "EchoTime": 30.0, "EchoTrainLength": 48, "FlipAngle": 63.0, "HighBit": 15, "ImageOrientationPatient": [0.99992461126195, -0.0104131175776, 0.00650682525982, 0.01227891659094, 0.84798416844705, -0.5298793053805], "ImagePositionPatient": [-1050.483514459, -887.32036558358, 525.33635390628], "ImageType": ["ORIGINAL", "PRIMARY", "M", "ND", "NORM", "MOSAIC"], "ImagedNucleus": "1H", "ImagingFrequency": 123.193284, "InPlanePhaseEncodingDirection": "COL", "MRAcquisitionType": "2D", "MagneticFieldStrength": 3.0, "Manufacturer": "SIEMENS", "ManufacturerModelName": "Skyra", "Modality": "MR", "NumberOfAverages": 1.0, "NumberOfPhaseEncodingSteps": 96, "PercentPhaseFieldOfView": 100.0, "PercentSampling": 100.0, "PerformedProcedureStepStartTime": "070547.000000", "PhotometricInterpretation": "MONOCHROME2", "PixelBandwidth": 2005.0, "PixelRepresentation": 0, "PixelSpacing": [2.3958332538605, 2.3958332538605], "ProtocolName": "Resting State fMRI MBEPI_matrix96_BW2004", "RepetitionTime": 1160.0, "Rows": 864, "SAR": 0.11433019442006, "SamplesPerPixel": 1, "ScanOptions": "FS", "ScanningSequence": "EP", "SequenceName": "epfid2d1_96", "SequenceVariant": "SK", "SeriesDescription": "Resting State fMRI MBEPI_matrix96_BW2004", "SeriesNumber": 9, "SeriesTime": "072238.671000", "SliceLocation": -24.697660774302, "SliceThickness": 2.0, "SmallestImagePixelValue": 0, "SoftwareVersions": "syngo MR D11", "SpacingBetweenSlices": 2.3999999308042, "SpecificCharacterSet": "ISO_IR 100", "StudyID": "1", "StudyTime": "070546.953000", "TransmitCoilName": "Body", "VariableFlipAngleFlag": "N", "WindowCenterWidthExplanation": "Algo1", "dBdt": 0.0}, "slices": {}}, "time": {"samples": {"AcquisitionNumber": [1, 2, 3, 4, 5, 6, 7, 8, 9, 10, 11, 12, 13, 14, 15, 16, 17, 18, 19, 20, 21, 22, 23, 24, 25, 26, 27, 28, 29, 30, 31, 32, 33, 34, 35, 36, 37, 38, 39, 40, 41, 42, 43, 44, 45, 46, 47, 48, 49, 50, 51, 52, 53, 54, 55, 56, 57, 58, 59, 60, 61, 62, 63, 64, 65, 66, 67, 68, 69, 70, 71, 72, 73, 74, 75, 76, 77, 78, 79, 80, 81, 82, 83, 84, 85, 86, 87, 88, 89, 90, 91, 92, 93, 94, 95, 96, 97, 98, 99, 100, 101, 102, 103, 104, 105, 106, 107, 108, 109, 110, 111, 112, 113, 114, 115, 116, 117, 118, 119, 120, 121, 122, 123, 124, 125, 126, 127, 128, 129, 130, 131, 132, 133, 134, 135, 136, 137, 138, 139, 140, 141, 142, 143, 144, 145, 146, 147, 148, 149, 150, 151, 152, 153, 154, 155, 156, 157, 158, 159, 160, 161, 162, 163, 164, 165, 166, 167, 168, 169, 170, 171, 172, 173, 174, 175, 176, 177, 178, 179, 180, 181, 182, 183, 184, 185, 186, 187, 188, 189, 190, 191, 192, 193, 194, 195, 196, 197, 198, 199, 200, 201, 202, 203, 204, 205, 206, 207, 208, 209, 210, 211, 212, 213, 214, 215, 216, 217, 218, 219, 220, 221, 222, 223, 224, 225, 226, 227, 228, 229, 230, 231, 232, 233, 234, 235, 236, 237, 238, 239, 240, 241, 242, 243, 244, 245, 246, 247, 248, 249, 250, 251, 252, 253, 254, 255, 256, 257, 258, 259, 260, 261, 262, 263, 264, 265, 266, 267, 268, 269, 270, 271, 272, 273, 274, 275, 276, 277, 278, 279, 280, 281, 282, 283, 284, 285, 286, 287, 288, 289, 290, 291, 292, 293, 294, 295, 296, 297, 298, 299, 300, 301, 302, 303, 304, 305, 306, 307, 308, 309, 310, 311, 312, 313, 314, 315, 316, 317, 318, 319, 320, 321, 322, 323, 324, 325, 326, 327, 328, 329, 330, 331, 332, 333, 334, 335, 336, 337, 338, 339, 340, 341, 342, 343, 344, 345, 346, 347, 348, 349, 350, 351, 352, 353, 354, 355, 356, 357, 358, 359, 360, 361, 362, 363, 364, 365, 366, 367, 368, 369, 370, 371, 372, 373, 374, 375, 376, 377, 378, 379, 380, 381, 382, 383, 384, 385, 386, 387, 388, 389, 390, 391, 392, 393, 394, 395, 396, 397, 398, 399, 400, 401, 402, 403, 404, 405, 406, 407, 408, 409, 410, 411, 412, 413, 414, 415, 416, 417, 418, 419, 420, 421, 422, 423, 424, 425, 426, 427, 428, 429, 430, 431, 432, 433, 434, 435, 436, 437, 438, 439, 440, 441, 442, 443, 444, 445, 446, 447, 448, 449, 450, 451, 452, 453, 454, 455, 456, 457, 458, 459, 460, 461, 462, 463, 464, 465, 466, 467, 468, 469, 470, 471, 472, 473, 474, 475, 476, 477, 478, 479, 480, 481, 482, 483, 484, 485, 486, 487, 488, 489, 490, 491, 492, 493, 494, 495, 496, 497, 498, 499, 500, 501, 502, 503, 504, 505, 506, 507, 508, 509, 510, 511, 512, 513, 514, 515, 516, 517, 518], "AcquisitionTime": ["072151.032500", "072220.030000", "072221.190000", "072222.350000", "072223.510000", "072224.670000", "072225.830000", "072226.990000", "072228.150000", "072229.310000", "072230.470000", "072231.630000", "072232.790000", "072233.950000", "072235.110000", "072236.270000", "072237.430000", "072238.590000", "072239.750000", "072240.910000", "072242.070000", "072243.230000", "072244.390000", "072245.550000", "072246.710000", "072247.870000", "072249.030000", "072250.190000", "072251.350000", "072252.510000", "072253.670000", "072254.830000", "072255.990000", "072257.150000", "072258.310000", "072259.470000", "072300.630000", "072301.790000", "072302.950000", "072304.110000", "072305.270000", "072306.430000", "072307.590000", "072308.750000", "072309.910000", "072311.070000", "072312.230000", "072313.390000", "072314.550000", "072315.710000", "072316.870000", "072318.030000", "072319.190000", "072320.350000", "072321.510000", "072322.670000", "072323.830000", "072324.990000", "072326.150000", "072327.310000", "072328.470000", "072329.630000", "072330.790000", "072331.950000", "072333.110000", "072334.270000", "072335.430000", "072336.590000", "072337.750000", "072338.910000", "072340.070000", "072341.230000", "072342.390000", "072343.550000", "072344.710000", "072345.870000", "072347.030000", "072348.190000", "072349.350000", "072350.510000", "072351.670000", "072352.830000", "072353.990000", "072355.150000", "072356.310000", "072357.470000", "072358.630000", "072359.790000", "072400.950000", "072402.110000", "072403.270000", "072404.430000", "072405.590000", "072406.750000", "072407.910000", "072409.070000", "072410.230000", "072411.390000", "072412.550000", "072413.710000", "072414.870000", "072416.030000", "072417.190000", "072418.350000", "072419.510000", "072420.670000", "072421.830000", "072422.990000", "072424.150000", "072425.310000", "072426.470000", "072427.630000", "072428.790000", "072429.950000", "072431.110000", "072432.270000", "072433.430000", "072434.590000", "072435.750000", "072436.910000", "072438.070000", "072439.230000", "072440.390000", "072441.550000", "072442.710000", "072443.870000", "072445.030000", "072446.190000", "072447.350000", "072448.510000", "072449.670000", "072450.830000", "072451.990000", "072453.150000", "072454.310000", "072455.470000", "072456.630000", "072457.790000", "072458.950000", "072500.110000", "072501.270000", "072502.430000", "072503.590000", "072504.750000", "072505.910000", "072507.070000", "072508.230000", "072509.390000", "072510.550000", "072511.710000", "072512.870000", "072514.030000", "072515.190000", "072516.350000", "072517.510000", "072518.670000", "072519.830000", "072520.990000", "072522.150000", "072523.310000", "072524.470000", "072525.630000", "072526.790000", "072527.950000", "072529.110000", "072530.270000", "072531.430000", "072532.590000", "072533.750000", "072534.910000", "072536.070000", "072537.230000", "072538.390000", "072539.550000", "072540.710000", "072541.870000", "072543.030000", "072544.190000", "072545.350000", "072546.510000", "072547.670000", "072548.830000", "072549.990000", "072551.150000", "072552.310000", "072553.470000", "072554.630000", "072555.790000", "072556.950000", "072558.110000", "072559.270000", "072600.430000", "072601.590000", "072602.750000", "072603.910000", "072605.070000", "072606.230000", "072607.390000", "072608.550000", "072609.710000", "072610.870000", "072612.030000", "072613.190000", "072614.350000", "072615.510000", "072616.670000", "072617.830000", "072618.990000", "072620.150000", "072621.310000", "072622.470000", "072623.630000", "072624.790000", "072625.950000", "072627.110000", "072628.270000", "072629.430000", "072630.590000", "072631.750000", "072632.910000", "072634.070000", "072635.230000", "072636.390000", "072637.550000", "072638.710000", "072639.870000", "072641.030000", "072642.190000", "072643.350000", "072644.510000", "072645.670000", "072646.830000", "072647.990000", "072649.150000", "072650.310000", "072651.470000", "072652.630000", "072653.790000", "072654.950000", "072656.110000", "072657.270000", "072658.430000", "072659.590000", "072700.750000", "072701.910000", "072703.070000", "072704.230000", "072705.390000", "072706.550000", "072707.710000", "072708.870000", "072710.030000", "072711.190000", "072712.350000", "072713.510000", "072714.670000", "072715.830000", "072716.990000", "072718.150000", "072719.310000", "072720.470000", "072721.630000", "072722.790000", "072723.950000", "072725.110000", "072726.270000", "072727.430000", "072728.590000", "072729.750000", "072730.910000", "072732.070000", "072733.230000", "072734.390000", "072735.550000", "072736.710000", "072737.870000", "072739.030000", "072740.190000", "072741.350000", "072742.510000", "072743.670000", "072744.830000", "072745.990000", "072747.150000", "072748.310000", "072749.470000", "072750.630000", "072751.790000", "072752.950000", "072754.110000", "072755.270000", "072756.430000", "072757.590000", "072758.750000", "072759.910000", "072801.070000", "072802.230000", "072803.390000", "072804.550000", "072805.710000", "072806.870000", "072808.030000", "072809.190000", "072810.350000", "072811.510000", "072812.670000", "072813.830000", "072814.990000", "072816.150000", "072817.310000", "072818.470000", "072819.630000", "072820.790000", "072821.950000", "072823.110000", "072824.270000", "072825.430000", "072826.590000", "072827.750000", "072828.910000", "072830.070000", "072831.230000", "072832.390000", "072833.550000", "072834.710000", "072835.870000", "072837.030000", "072838.190000", "072839.350000", "072840.510000", "072841.670000", "072842.830000", "072843.990000", "072845.150000", "072846.310000", "072847.470000", "072848.630000", "072849.790000", "072850.950000", "072852.110000", "072853.270000", "072854.430000", "072855.590000", "072856.750000", "072857.910000", "072859.070000", "072900.230000", "072901.390000", "072902.550000", "072903.710000", "072904.870000", "072906.030000", "072907.190000", "072908.350000", "072909.510000", "072910.670000", "072911.830000", "072912.990000", "072914.150000", "072915.310000", "072916.470000", "072917.630000", "072918.790000", "072919.950000", "072921.110000", "072922.270000", "072923.430000", "072924.590000", "072925.750000", "072926.910000", "072928.070000", "072929.230000", "072930.390000", "072931.550000", "072932.710000", "072933.870000", "072935.030000", "072936.190000", "072937.350000", "072938.510000", "072939.670000", "072940.830000", "072941.990000", "072943.150000", "072944.310000", "072945.470000", "072946.630000", "072947.790000", "072948.950000", "072950.110000", "072951.270000", "072952.430000", "072953.590000", "072954.750000", "072955.910000", "072957.070000", "072958.230000", "072959.390000", "073000.550000", "073001.710000", "073002.870000", "073004.030000", "073005.190000", "073006.350000", "073007.510000", "073008.670000", "073009.830000", "073010.990000", "073012.150000", "073013.310000", "073014.470000", "073015.630000", "073016.790000", "073017.950000", "073019.110000", "073020.270000", "073021.430000", "073022.590000", "073023.750000", "073024.910000", "073026.070000", "073027.230000", "073028.390000", "073029.550000", "073030.710000", "073031.870000", "073033.030000", "073034.190000", "073035.350000", "073036.510000", "073037.670000", "073038.830000", "073039.990000", "073041.150000", "073042.310000", "073043.470000", "073044.630000", "073045.790000", "073046.950000", "073048.110000", "073049.270000", "073050.430000", "073051.590000", "073052.750000", "073053.910000", "073055.070000", "073056.230000", "073057.390000", "073058.550000", "073059.710000", "073100.870000", "073102.030000", "073103.190000", "073104.350000", "073105.510000", "073106.670000", "073107.830000", "073108.990000", "073110.150000", "073111.310000", "073112.470000", "073113.630000", "073114.790000", "073115.950000", "073117.110000", "073118.270000", "073119.430000", "073120.590000", "073121.750000", "073122.910000", "073124.070000", "073125.230000", "073126.390000", "073127.550000", "073128.710000", "073129.870000", "073131.030000", "073132.190000", "073133.350000", "073134.510000", "073135.670000", "073136.830000", "073137.990000", "073139.150000", "073140.310000", "073141.470000", "073142.630000", "073143.790000", "073144.950000", "073146.110000", "073147.270000", "073148.430000", "073149.590000", "073150.750000", "073151.910000", "073153.070000", "073154.230000", "073155.390000", "073156.550000", "073157.710000", "073158.870000", "073200.030000", "073201.190000", "073202.350000", "073203.510000", "073204.670000", "073205.830000", "073206.990000", "073208.150000", "073209.310000", "073210.470000", "073211.630000", "073212.790000", "073213.950000", "073215.110000", "073216.270000", "073217.430000", "073218.590000"], "ContentTime": ["072238.671000", "072247.093000", "072247.093000", "072247.109000", "072247.109000", "072247.109000", "072252.093000", "072252.093000", "072252.093000", "072257.093000", "072257.093000", "072302.093000", "072302.093000", "072302.093000", "072307.093000", "072307.093000", "072312.093000", "072312.093000", "072312.093000", "072317.093000", "072317.093000", "072322.093000", "072322.093000", "072322.109000", "072327.093000", "072327.093000", "072332.093000", "072332.093000", "072332.093000", "072337.093000", "072337.093000", "072337.093000", "072342.093000", "072342.093000", "072347.093000", "072347.093000", "072347.093000", "072352.093000", "072352.093000", "072357.093000", "072357.093000", "072357.093000", "072402.093000", "072402.093000", "072407.093000", "072407.093000", "072407.093000", "072412.093000", "072412.093000", "072417.093000", "072417.093000", "072417.093000", "072422.093000", "072422.093000", "072427.093000", "072427.093000", "072427.109000", "072432.093000", "072432.093000", "072432.093000", "072437.093000", "072437.093000", "072442.093000", "072442.093000", "072442.093000", "072447.093000", "072447.093000", "072452.093000", "072452.093000", "072452.093000", "072457.093000", "072457.093000", "072502.093000", "072502.093000", "072502.093000", "072507.093000", "072507.093000", "072512.093000", "072512.093000", "072512.093000", "072517.093000", "072517.093000", "072517.093000", "072522.093000", "072522.093000", "072527.093000", "072527.093000", "072527.093000", "072532.093000", "072532.093000", "072532.093000", "072537.093000", "072537.093000", "072542.093000", "072542.093000", "072542.093000", "072547.093000", "072547.093000", "072552.093000", "072552.093000", "072552.093000", "072557.093000", "072557.093000", "072602.093000", "072602.093000", "072602.109000", "072607.093000", "072607.093000", "072612.093000", "072612.093000", "072612.093000", "072617.093000", "072617.093000", "072622.093000", "072622.093000", "072622.093000", "072627.093000", "072627.093000", "072632.093000", "072632.093000", "072632.093000", "072637.093000", "072637.093000", "072637.093000", "072642.093000", "072642.093000", "072647.093000", "072647.093000", "072647.093000", "072652.093000", "072652.093000", "072657.093000", "072657.093000", "072657.093000", "072702.093000", "072702.093000", "072707.093000", "072707.093000", "072707.093000", "072712.093000", "072712.093000", "072717.093000", "072717.093000", "072717.093000", "072722.093000", "072722.093000", "072727.093000", "072727.093000", "072727.093000", "072732.093000", "072732.093000", "072737.093000", "072737.109000", "072737.109000", "072742.093000", "072742.093000", "072747.093000", "072747.093000", "072747.093000", "072752.093000", "072752.093000", "072757.093000", "072757.093000", "072757.093000", "072802.093000", "072802.093000", "072802.093000", "072807.093000", "072807.093000", "072812.093000", "072812.093000", "072812.093000", "072817.093000", "072817.093000", "072822.093000", "072822.093000", "072822.093000", "072827.093000", "072827.093000", "072832.093000", "072832.093000", "072832.093000", "072837.093000", "072837.093000", "072842.093000", "072842.093000", "072842.093000", "072847.093000", "072847.093000", "072852.093000", "072852.093000", "072852.093000", "072857.093000", "072857.093000", "072857.093000", "072902.093000", "072902.093000", "072907.093000", "072907.093000", "072907.093000", "072912.093000", "072912.093000", "072917.093000", "072917.093000", "072917.093000", "072922.093000", "072922.093000", "072927.093000", "072927.093000", "072927.109000", "072932.093000", "072932.093000", "072937.093000", "072937.093000", "072937.093000", "072942.093000", "072942.093000", "072947.093000", "072947.093000", "072947.093000", "072952.093000", "072952.093000", "072957.093000", "072957.093000", "072957.093000", "073002.093000", "073002.093000", "073007.093000", "073007.093000", "073007.093000", "073012.093000", "073012.093000", "073017.093000", "073017.093000", "073017.093000", "073022.093000", "073022.093000", "073027.093000", "073027.093000", "073027.093000", "073032.093000", "073032.109000", "073037.093000", "073037.093000", "073037.093000", "073042.093000", "073042.093000", "073042.093000", "073047.093000", "073047.093000", "073052.093000", "073052.093000", "073052.109000", "073057.093000", "073057.093000", "073102.093000", "073102.093000", "073102.093000", "073107.093000", "073107.093000", "073112.093000", "073112.093000", "073112.093000", "073117.093000", "073117.093000", "073122.093000", "073122.093000", "073122.093000", "073127.093000", "073127.093000", "073132.093000", "073132.093000", "073132.093000", "073137.093000", "073137.093000", "073142.093000", "073142.093000", "073142.093000", "073147.093000", "073147.093000", "073152.093000", "073152.093000", "073157.093000", "073157.093000", "073157.093000", "073202.093000", "073202.093000", "073202.093000", "073207.093000", "073207.093000", "073212.093000", "073212.093000", "073212.109000", "073217.093000", "073217.093000", "073217.093000", "073222.093000", "073222.093000", "073227.093000", "073227.093000", "073227.093000", "073232.093000", "073232.093000", "073237.093000", "073237.093000", "073237.093000", "073242.093000", "073242.093000", "073242.093000", "073247.093000", "073247.093000", "073252.093000", "073252.093000", "073252.093000", "073257.093000", "073257.093000", "073257.109000", "073302.093000", "073302.093000", "073307.093000", "073307.093000", "073307.093000", "073312.093000", "073312.093000", "073312.093000", "073317.093000", "073317.093000", "073322.093000", "073322.093000", "073322.109000", "073327.093000", "073327.093000", "073327.109000", "073332.093000", "073332.093000", "073332.093000", "073337.093000", "073337.093000", "073342.093000", "073342.093000", "073342.093000", "073347.093000", "073347.093000", "073347.093000", "073352.093000", "073352.093000", "073357.093000", "073357.093000", "073357.093000", "073402.093000", "073402.093000", "073407.093000", "073407.093000", "073407.109000", "073412.093000", "073412.109000", "073412.109000", "073417.093000", "073417.093000", "073417.093000", "073422.093000", "073422.093000", "073427.093000", "073427.093000", "073427.093000", "073432.093000", "073432.093000", "073432.109000", "073437.093000", "073437.093000", "073442.093000", "073442.093000", "073442.093000", "073447.093000", "073447.093000", "073452.093000", "073452.093000", "073452.093000", "073457.093000", "073457.093000", "073457.093000", "073502.093000", "073502.093000", "073507.093000", "073507.093000", "073507.093000", "073512.093000", "073512.093000", "073517.093000", "073517.093000", "073517.109000", "073522.093000", "073522.093000", "073522.093000", "073527.093000", "073527.093000", "073532.093000", "073532.093000", "073532.093000", "073537.093000", "073537.093000", "073542.093000", "073542.093000", "073542.093000", "073547.093000", "073547.093000", "073552.093000", "073552.093000", "073552.093000", "073557.093000", "073557.093000", "073557.093000", "073602.093000", "073602.093000", "073607.093000", "073607.093000", "073607.093000", "073612.093000", "073612.093000", "073617.093000", "073617.093000", "073617.093000", "073622.093000", "073622.093000", "073627.093000", "073627.093000", "073627.093000", "073632.093000", "073632.109000", "073632.109000", "073637.093000", "073637.093000", "073642.093000", "073642.093000", "073642.093000", "073647.093000", "073647.093000", "073652.093000", "073652.093000", "073652.093000", "073657.093000", "073657.093000", "073657.093000", "073702.093000", "073702.093000", "073702.093000", "073707.093000", "073707.093000", "073712.093000", "073712.093000", "073712.109000", "073717.093000", "073717.093000", "073717.093000", "073722.093000", "073722.093000", "073722.093000", "073727.093000", "073727.093000", "073732.093000", "073732.093000", "073732.109000", "073737.093000", "073737.093000", "073737.093000", "073742.093000", "073742.093000", "073747.093000", "073747.093000", "073747.093000", "073752.093000", "073752.093000", "073752.093000", "073757.093000", "073757.093000", "073802.093000", "073802.093000", "073802.093000", "073807.093000", "073807.093000", "073807.109000", "073812.093000", "073812.093000", "073817.093000", "073817.093000", "073817.093000", "073822.093000", "073822.093000", "073822.093000", "073827.093000", "073827.093000", "073832.093000", "073832.093000", "073832.093000", "073837.093000", "073837.093000", "073842.093000", "073842.093000", "073842.109000", "073847.093000", "073847.093000", "073847.093000", "073852.093000", "073852.093000", "073857.093000", "073857.093000", "073857.093000", "073902.093000", "073902.093000", "073902.093000", "073907.093000", "073907.093000", "073912.093000", "073912.093000", "073912.093000", "073916.718000", "073916.734000", "073916.734000"], "InstanceCreationTime": ["072238.671000", "072247.093000", "072247.093000", "072247.109000", "072247.109000", "072247.109000", "072252.093000", "072252.093000", "072252.093000", "072257.093000", "072257.093000", "072302.093000", "072302.093000", "072302.093000", "072307.093000", "072307.093000", "072312.093000", "072312.093000", "072312.093000", "072317.093000", "072317.093000", "072322.093000", "072322.093000", "072322.109000", "072327.093000", "072327.093000", "072332.093000", "072332.093000", "072332.093000", "072337.093000", "072337.093000", "072337.093000", "072342.093000", "072342.093000", "072347.093000", "072347.093000", "072347.093000", "072352.093000", "072352.093000", "072357.093000", "072357.093000", "072357.093000", "072402.093000", "072402.093000", "072407.093000", "072407.093000", "072407.093000", "072412.093000", "072412.093000", "072417.093000", "072417.093000", "072417.093000", "072422.093000", "072422.093000", "072427.093000", "072427.093000", "072427.109000", "072432.093000", "072432.093000", "072432.093000", "072437.093000", "072437.093000", "072442.093000", "072442.093000", "072442.093000", "072447.093000", "072447.093000", "072452.093000", "072452.093000", "072452.093000", "072457.093000", "072457.093000", "072502.093000", "072502.093000", "072502.093000", "072507.093000", "072507.093000", "072512.093000", "072512.093000", "072512.093000", "072517.093000", "072517.093000", "072517.093000", "072522.093000", "072522.093000", "072527.093000", "072527.093000", "072527.093000", "072532.093000", "072532.093000", "072532.093000", "072537.093000", "072537.093000", "072542.093000", "072542.093000", "072542.093000", "072547.093000", "072547.093000", "072552.093000", "072552.093000", "072552.093000", "072557.093000", "072557.093000", "072602.093000", "072602.093000", "072602.109000", "072607.093000", "072607.093000", "072612.093000", "072612.093000", "072612.093000", "072617.093000", "072617.093000", "072622.093000", "072622.093000", "072622.093000", "072627.093000", "072627.093000", "072632.093000", "072632.093000", "072632.093000", "072637.093000", "072637.093000", "072637.093000", "072642.093000", "072642.093000", "072647.093000", "072647.093000", "072647.093000", "072652.093000", "072652.093000", "072657.093000", "072657.093000", "072657.093000", "072702.093000", "072702.093000", "072707.093000", "072707.093000", "072707.093000", "072712.093000", "072712.093000", "072717.093000", "072717.093000", "072717.093000", "072722.093000", "072722.093000", "072727.093000", "072727.093000", "072727.093000", "072732.093000", "072732.093000", "072737.093000", "072737.109000", "072737.109000", "072742.093000", "072742.093000", "072747.093000", "072747.093000", "072747.093000", "072752.093000", "072752.093000", "072757.093000", "072757.093000", "072757.093000", "072802.093000", "072802.093000", "072802.093000", "072807.093000", "072807.093000", "072812.093000", "072812.093000", "072812.093000", "072817.093000", "072817.093000", "072822.093000", "072822.093000", "072822.093000", "072827.093000", "072827.093000", "072832.093000", "072832.093000", "072832.093000", "072837.093000", "072837.093000", "072842.093000", "072842.093000", "072842.093000", "072847.093000", "072847.093000", "072852.093000", "072852.093000", "072852.093000", "072857.093000", "072857.093000", "072857.093000", "072902.093000", "072902.093000", "072907.093000", "072907.093000", "072907.093000", "072912.093000", "072912.093000", "072917.093000", "072917.093000", "072917.093000", "072922.093000", "072922.093000", "072927.093000", "072927.093000", "072927.109000", "072932.093000", "072932.093000", "072937.093000", "072937.093000", "072937.093000", "072942.093000", "072942.093000", "072947.093000", "072947.093000", "072947.093000", "072952.093000", "072952.093000", "072957.093000", "072957.093000", "072957.093000", "073002.093000", "073002.093000", "073007.093000", "073007.093000", "073007.093000", "073012.093000", "073012.093000", "073017.093000", "073017.093000", "073017.093000", "073022.093000", "073022.093000", "073027.093000", "073027.093000", "073027.093000", "073032.093000", "073032.109000", "073037.093000", "073037.093000", "073037.093000", "073042.093000", "073042.093000", "073042.093000", "073047.093000", "073047.093000", "073052.093000", "073052.093000", "073052.109000", "073057.093000", "073057.093000", "073102.093000", "073102.093000", "073102.093000", "073107.093000", "073107.093000", "073112.093000", "073112.093000", "073112.093000", "073117.093000", "073117.093000", "073122.093000", "073122.093000", "073122.093000", "073127.093000", "073127.093000", "073132.093000", "073132.093000", "073132.093000", "073137.093000", "073137.093000", "073142.093000", "073142.093000", "073142.093000", "073147.093000", "073147.093000", "073152.093000", "073152.093000", "073157.093000", "073157.093000", "073157.093000", "073202.093000", "073202.093000", "073202.093000", "073207.093000", "073207.093000", "073212.093000", "073212.093000", "073212.109000", "073217.093000", "073217.093000", "073217.093000", "073222.093000", "073222.093000", "073227.093000", "073227.093000", "073227.093000", "073232.093000", "073232.093000", "073237.093000", "073237.093000", "073237.093000", "073242.093000", "073242.093000", "073242.093000", "073247.093000", "073247.093000", "073252.093000", "073252.093000", "073252.093000", "073257.093000", "073257.093000", "073257.109000", "073302.093000", "073302.093000", "073307.093000", "073307.093000", "073307.093000", "073312.093000", "073312.093000", "073312.093000", "073317.093000", "073317.093000", "073322.093000", "073322.093000", "073322.109000", "073327.093000", "073327.093000", "073327.109000", "073332.093000", "073332.093000", "073332.093000", "073337.093000", "073337.093000", "073342.093000", "073342.093000", "073342.093000", "073347.093000", "073347.093000", "073347.093000", "073352.093000", "073352.093000", "073357.093000", "073357.093000", "073357.093000", "073402.093000", "073402.093000", "073407.093000", "073407.093000", "073407.109000", "073412.093000", "073412.109000", "073412.109000", "073417.093000", "073417.093000", "073417.093000", "073422.093000", "073422.093000", "073427.093000", "073427.093000", "073427.093000", "073432.093000", "073432.093000", "073432.109000", "073437.093000", "073437.093000", "073442.093000", "073442.093000", "073442.093000", "073447.093000", "073447.093000", "073452.093000", "073452.093000", "073452.093000", "073457.093000", "073457.093000", "073457.093000", "073502.093000", "073502.093000", "073507.093000", "073507.093000", "073507.093000", "073512.093000", "073512.093000", "073517.093000", "073517.093000", "073517.109000", "073522.093000", "073522.093000", "073522.093000", "073527.093000", "073527.093000", "073532.093000", "073532.093000", "073532.093000", "073537.093000", "073537.093000", "073542.093000", "073542.093000", "073542.093000", "073547.093000", "073547.093000", "073552.093000", "073552.093000", "073552.093000", "073557.093000", "073557.093000", "073557.093000", "073602.093000", "073602.093000", "073607.093000", "073607.093000", "073607.093000", "073612.093000", "073612.093000", "073617.093000", "073617.093000", "073617.093000", "073622.093000", "073622.093000", "073627.093000", "073627.093000", "073627.093000", "073632.093000", "073632.109000", "073632.109000", "073637.093000", "073637.093000", "073642.093000", "073642.093000", "073642.093000", "073647.093000", "073647.093000", "073652.093000", "073652.093000", "073652.093000", "073657.093000", "073657.093000", "073657.093000", "073702.093000", "073702.093000", "073702.093000", "073707.093000", "073707.093000", "073712.093000", "073712.093000", "073712.109000", "073717.093000", "073717.093000", "073717.093000", "073722.093000", "073722.093000", "073722.093000", "073727.093000", "073727.093000", "073732.093000", "073732.093000", "073732.109000", "073737.093000", "073737.093000", "073737.093000", "073742.093000", "073742.093000", "073747.093000", "073747.093000", "073747.093000", "073752.093000", "073752.093000", "073752.093000", "073757.093000", "073757.093000", "073802.093000", "073802.093000", "073802.093000", "073807.093000", "073807.093000", "073807.109000", "073812.093000", "073812.093000", "073817.093000", "073817.093000", "073817.093000", "073822.093000", "073822.093000", "073822.093000", "073827.093000", "073827.093000", "073832.093000", "073832.093000", "073832.093000", "073837.093000", "073837.093000", "073842.093000", "073842.093000", "073842.109000", "073847.093000", "073847.093000", "073847.093000", "073852.093000", "073852.093000", "073857.093000", "073857.093000", "073857.093000", "073902.093000", "073902.093000", "073902.093000", "073907.093000", "073907.093000", "073912.093000", "073912.093000", "073912.093000", "073916.718000", "073916.734000", "073916.734000"], "InstanceNumber": [1, 2, 3, 4, 5, 6, 7, 8, 9, 10, 11, 12, 13, 14, 15, 16, 17, 18, 19, 20, 21, 22, 23, 24, 25, 26, 27, 28, 29, 30, 31, 32, 33, 34, 35, 36, 37, 38, 39, 40, 41, 42, 43, 44, 45, 46, 47, 48, 49, 50, 51, 52, 53, 54, 55, 56, 57, 58, 59, 60, 61, 62, 63, 64, 65, 66, 67, 68, 69, 70, 71, 72, 73, 74, 75, 76, 77, 78, 79, 80, 81, 82, 83, 84, 85, 86, 87, 88, 89, 90, 91, 92, 93, 94, 95, 96, 97, 98, 99, 100, 101, 102, 103, 104, 105, 106, 107, 108, 109, 110, 111, 112, 113, 114, 115, 116, 117, 118, 119, 120, 121, 122, 123, 124, 125, 126, 127, 128, 129, 130, 131, 132, 133, 134, 135, 136, 137, 138, 139, 140, 141, 142, 143, 144, 145, 146, 147, 148, 149, 150, 151, 152, 153, 154, 155, 156, 157, 158, 159, 160, 161, 162, 163, 164, 165, 166, 167, 168, 169, 170, 171, 172, 173, 174, 175, 176, 177, 178, 179, 180, 181, 182, 183, 184, 185, 186, 187, 188, 189, 190, 191, 192, 193, 194, 195, 196, 197, 198, 199, 200, 201, 202, 203, 204, 205, 206, 207, 208, 209, 210, 211, 212, 213, 214, 215, 216, 217, 218, 219, 220, 221, 222, 223, 224, 225, 226, 227, 228, 229, 230, 231, 232, 233, 234, 235, 236, 237, 238, 239, 240, 241, 242, 243, 244, 245, 246, 247, 248, 249, 250, 251, 252, 253, 254, 255, 256, 257, 258, 259, 260, 261, 262, 263, 264, 265, 266, 267, 268, 269, 270, 271, 272, 273, 274, 275, 276, 277, 278, 279, 280, 281, 282, 283, 284, 285, 286, 287, 288, 289, 290, 291, 292, 293, 294, 295, 296, 297, 298, 299, 300, 301, 302, 303, 304, 305, 306, 307, 308, 309, 310, 311, 312, 313, 314, 315, 316, 317, 318, 319, 320, 321, 322, 323, 324, 325, 326, 327, 328, 329, 330, 331, 332, 333, 334, 335, 336, 337, 338, 339, 340, 341, 342, 343, 344, 345, 346, 347, 348, 349, 350, 351, 352, 353, 354, 355, 356, 357, 358, 359, 360, 361, 362, 363, 364, 365, 366, 367, 368, 369, 370, 371, 372, 373, 374, 375, 376, 377, 378, 379, 380, 381, 382, 383, 384, 385, 386, 387, 388, 389, 390, 391, 392, 393, 394, 395, 396, 397, 398, 399, 400, 401, 402, 403, 404, 405, 406, 407, 408, 409, 410, 411, 412, 413, 414, 415, 416, 417, 418, 419, 420, 421, 422, 423, 424, 425, 426, 427, 428, 429, 430, 431, 432, 433, 434, 435, 436, 437, 438, 439, 440, 441, 442, 443, 444, 445, 446, 447, 448, 449, 450, 451, 452, 453, 454, 455, 456, 457, 458, 459, 460, 461, 462, 463, 464, 465, 466, 467, 468, 469, 470, 471, 472, 473, 474, 475, 476, 477, 478, 479, 480, 481, 482, 483, 484, 485, 486, 487, 488, 489, 490, 491, 492, 493, 494, 495, 496, 497, 498, 499, 500, 501, 502, 503, 504, 505, 506, 507, 508, 509, 510, 511, 512, 513, 514, 515, 516, 517, 518], "LargestImagePixelValue": [29152, 28455, 33573, 28574, 32092, 28428, 30276, 28064, 28817, 28126, 28158, 28400, 31051, 28162, 27826, 27898, 28049, 27831, 28280, 30308, 27899, 27831, 32175, 29852, 28159, 27884, 27689, 31258, 27607, 27507, 32576, 28082, 28011, 28345, 28078, 27682, 27871, 27884, 28008, 30902, 28183, 27758, 30494, 28116, 28118, 33721, 28314, 27956, 28040, 28236, 28057, 27935, 28100, 30478, 27979, 27676, 33125, 28033, 27782, 27638, 28212, 30337, 27990, 28110, 28033, 27947, 31142, 28133, 28194, 29583, 27963, 27940, 28508, 27864, 28098, 28057, 27944, 27901, 29677, 33741, 27814, 27918, 30929, 28132, 30374, 27989, 27864, 28000, 27831, 29970, 28011, 27953, 27829, 27611, 27821, 27888, 27972, 28192, 27892, 27894, 27958, 27948, 32561, 27986, 27729, 31800, 28145, 27604, 27855, 27847, 28046, 27801, 27949, 28010, 28617, 27872, 27573, 34192, 27666, 27843, 27695, 30680, 27912, 29139, 27525, 27629, 27695, 29480, 28014, 27771, 27652, 27543, 27709, 27562, 29121, 35052, 27799, 27935, 30856, 27588, 27860, 27986, 29174, 28010, 28128, 29359, 27830, 28024, 27713, 29003, 27671, 27692, 27623, 29936, 27772, 27896, 30732, 27665, 27724, 27516, 34483, 27761, 27580, 28063, 27505, 30603, 27781, 27674, 29936, 27607, 27692, 34165, 27569, 27712, 35389, 27581, 27793, 28867, 27788, 27495, 27389, 27702, 27345, 31726, 27697, 27660, 32769, 27522, 27491, 34734, 27660, 27759, 29251, 27536, 27564, 29839, 27678, 27654, 31099, 27810, 27482, 27809, 27316, 31119, 27910, 27830, 28489, 27733, 27653, 27808, 27428, 27901, 27541, 27647, 31403, 27727, 27846, 27378, 27501, 31573, 27652, 27791, 28907, 27941, 27557, 30539, 27657, 28031, 29796, 27716, 27957, 27393, 27227, 32727, 27451, 28299, 27807, 29779, 27650, 27276, 29778, 27284, 27599, 27448, 32067, 27475, 27601, 30148, 27586, 27487, 27617, 28271, 27474, 27645, 33524, 27432, 27740, 27552, 33339, 27399, 27402, 32521, 27617, 27654, 34362, 27392, 27650, 30745, 27772, 28356, 27667, 27730, 30550, 27544, 27595, 27512, 27600, 31496, 27756, 27613, 29005, 27564, 33884, 27693, 27819, 27826, 27827, 27791, 27430, 27576, 27966, 32111, 27725, 27748, 27653, 27542, 27712, 27839, 31564, 27607, 27347, 27837, 27814, 27672, 27376, 34123, 27949, 27579, 27729, 27385, 30146, 27643, 27574, 28127, 27683, 30193, 27616, 27760, 29718, 34725, 28457, 27667, 27593, 27875, 27652, 27736, 28776, 34574, 27614, 27728, 29548, 27693, 27618, 34269, 27860, 28319, 28702, 28074, 27807, 27738, 27668, 32085, 27833, 27590, 29522, 27806, 28030, 27681, 27867, 27546, 30540, 27940, 27748, 32773, 27881, 27755, 34232, 27490, 27611, 35598, 27611, 27939, 33190, 27666, 27593, 31116, 27530, 27575, 28448, 27402, 27711, 30072, 33736, 27887, 27627, 31351, 27764, 28946, 27545, 27707, 31434, 27697, 28945, 27634, 27762, 35340, 28075, 28053, 27714, 27465, 27682, 27467, 27525, 27540, 27635, 27328, 27323, 27603, 27562, 27763, 27881, 27833, 29832, 34827, 27520, 29199, 28999, 28091, 31602, 27386, 33698, 27412, 27439, 27484, 28131, 27053, 27421, 30176, 27340, 27658, 27491, 27418, 31952, 28143, 27295, 33373, 27549, 27868, 27730, 27536, 27426, 27983, 28481, 34677, 27813, 27421, 27488, 27908, 33581, 28461, 27499, 30272, 27476, 27567, 27725, 27239, 27453, 31547, 30614, 29147, 27520, 29901, 27928, 27286, 27380, 28867, 27376, 30939, 27793, 27509, 27819, 28264, 27446, 33848, 27533, 27999, 27561, 27393, 28006, 31778, 28595, 27694, 31203, 27670, 27580, 27567, 30241, 27404, 34393, 28049, 27635, 27424, 27403, 27646, 34286, 28556, 27988, 27642, 27146, 30835, 28365, 27358, 31063, 28096, 27862, 27467, 27506, 30774, 29666, 27850, 28861, 27548, 27577, 32597, 27665, 27483, 32432, 27660, 29214, 27500, 27593, 29873, 28158, 27492, 28128, 27414, 27446, 27536], "WindowCenter": [9990.0, 9978.0, 10010.0, 9985.0, 9990.0, 9981.0, 9982.0, 9981.0, 9972.0, 9976.0, 9972.0, 9978.0, 9982.0, 9979.0, 9980.0, 9974.0, 9968.0, 9967.0, 9966.0, 9988.0, 9966.0, 9975.0, 9980.0, 10013.0, 9994.0, 10009.0, 9994.0, 10000.0, 9967.0, 9964.0, 9978.0, 9960.0, 9977.0, 9966.0, 9968.0, 9983.0, 9996.0, 9997.0, 9983.0, 9996.0, 9974.0, 9987.0, 9970.0, 9956.0, 9953.0, 9972.0, 9957.0, 9961.0, 9956.0, 9970.0, 9965.0, 9987.0, 9989.0, 9990.0, 9976.0, 9986.0, 9987.0, 9970.0, 9971.0, 9991.0, 10013.0, 10008.0, 9985.0, 9968.0, 9969.0, 9966.0, 9975.0, 9968.0, 9970.0, 9961.0, 9977.0, 9983.0, 9989.0, 9978.0, 9974.0, 9990.0, 9994.0, 9981.0, 9988.0, 9998.0, 9960.0, 9969.0, 9981.0, 9990.0, 9999.0, 9999.0, 9971.0, 9967.0, 9958.0, 9972.0, 9965.0, 9970.0, 9992.0, 9980.0, 9987.0, 9974.0, 9964.0, 9972.0, 9967.0, 9963.0, 9966.0, 9979.0, 9993.0, 9981.0, 9965.0, 9985.0, 9958.0, 9966.0, 9969.0, 9958.0, 9967.0, 9963.0, 9970.0, 9966.0, 9982.0, 9980.0, 9984.0, 10020.0, 9987.0, 9967.0, 9966.0, 9984.0, 9976.0, 9978.0, 9969.0, 9955.0, 9964.0, 9969.0, 9970.0, 9986.0, 9990.0, 9979.0, 9993.0, 9979.0, 9985.0, 10002.0, 9957.0, 9972.0, 9969.0, 9969.0, 9957.0, 9959.0, 9956.0, 9947.0, 9952.0, 9951.0, 9939.0, 9954.0, 9953.0, 9968.0, 9958.0, 9962.0, 9976.0, 9988.0, 9952.0, 9961.0, 9966.0, 9955.0, 9952.0, 9955.0, 9982.0, 9957.0, 9971.0, 9970.0, 9980.0, 9992.0, 9983.0, 9981.0, 9987.0, 9966.0, 9965.0, 9998.0, 9973.0, 9971.0, 10011.0, 9964.0, 9961.0, 9988.0, 9982.0, 9972.0, 9976.0, 9984.0, 9968.0, 10010.0, 9974.0, 9983.0, 9996.0, 9976.0, 9977.0, 10001.0, 9954.0, 9965.0, 9979.0, 9972.0, 9982.0, 9964.0, 9959.0, 9974.0, 9971.0, 9956.0, 9957.0, 9976.0, 9958.0, 9966.0, 9957.0, 9966.0, 9956.0, 9964.0, 9965.0, 9970.0, 9964.0, 9993.0, 9966.0, 9974.0, 9998.0, 9975.0, 9968.0, 9959.0, 9960.0, 9972.0, 9967.0, 9962.0, 9963.0, 9972.0, 9966.0, 9979.0, 9975.0, 9974.0, 9963.0, 9962.0, 9986.0, 9971.0, 9974.0, 9999.0, 9962.0, 9984.0, 9965.0, 9959.0, 9961.0, 9955.0, 9974.0, 9968.0, 9977.0, 9962.0, 9987.0, 9980.0, 9975.0, 9997.0, 9991.0, 9991.0, 9975.0, 9998.0, 9981.0, 9997.0, 9995.0, 9990.0, 10004.0, 9994.0, 10005.0, 9969.0, 9964.0, 9996.0, 9975.0, 9971.0, 9986.0, 9958.0, 9967.0, 9981.0, 9963.0, 9965.0, 9965.0, 9978.0, 9983.0, 9971.0, 9985.0, 9989.0, 9987.0, 10009.0, 9981.0, 9975.0, 9982.0, 9978.0, 10006.0, 9977.0, 9980.0, 9961.0, 9961.0, 9970.0, 9975.0, 9976.0, 9969.0, 9996.0, 9967.0, 9972.0, 9965.0, 9971.0, 9970.0, 9961.0, 9970.0, 9964.0, 9962.0, 9950.0, 9970.0, 9963.0, 9967.0, 9987.0, 9962.0, 9970.0, 9960.0, 9965.0, 9985.0, 9980.0, 9987.0, 10008.0, 9988.0, 10004.0, 9983.0, 9980.0, 9992.0, 9998.0, 9984.0, 9974.0, 10002.0, 9985.0, 9976.0, 9988.0, 9978.0, 10002.0, 9963.0, 9969.0, 9983.0, 9970.0, 9968.0, 9984.0, 9954.0, 9956.0, 9962.0, 9944.0, 9960.0, 9967.0, 9974.0, 9987.0, 9983.0, 9958.0, 9982.0, 9961.0, 9958.0, 9966.0, 9992.0, 9974.0, 9994.0, 9979.0, 9977.0, 9990.0, 9970.0, 9968.0, 10005.0, 9993.0, 9988.0, 10013.0, 9978.0, 9992.0, 9997.0, 9978.0, 9986.0, 10002.0, 9985.0, 9991.0, 10000.0, 9994.0, 9988.0, 10018.0, 10024.0, 9983.0, 9982.0, 10008.0, 10004.0, 9998.0, 9984.0, 9962.0, 9988.0, 9965.0, 9980.0, 9962.0, 9970.0, 9989.0, 9974.0, 9959.0, 9960.0, 9956.0, 9969.0, 9966.0, 9976.0, 9987.0, 9969.0, 9983.0, 9987.0, 9989.0, 9996.0, 10000.0, 9988.0, 9979.0, 10098.0, 10080.0, 10019.0, 10046.0, 10036.0, 10003.0, 10024.0, 9978.0, 9989.0, 9974.0, 9967.0, 9968.0, 9996.0, 9986.0, 9993.0, 9994.0, 9997.0, 9993.0, 9978.0, 9997.0, 10022.0, 10002.0, 9993.0, 10022.0, 9988.0, 9990.0, 9993.0, 10006.0, 10001.0, 10002.0, 10005.0, 10021.0, 9989.0, 9992.0, 10000.0, 10007.0, 10011.0, 9983.0, 9978.0, 10003.0, 9980.0, 9981.0, 9994.0, 9993.0, 10001.0, 10006.0, 10000.0, 9994.0, 9993.0, 10006.0, 9997.0, 9986.0, 9996.0, 10002.0, 9984.0, 10009.0, 9996.0, 9994.0, 9986.0, 9992.0, 9983.0, 10015.0, 9981.0, 9987.0, 9983.0, 10007.0, 9997.0, 10009.0, 10003.0, 9994.0, 10008.0, 10006.0, 9995.0, 10003.0, 10011.0, 10000.0, 10026.0, 9994.0, 9989.0, 9992.0, 9996.0, 9987.0, 10024.0, 9988.0, 9992.0, 9981.0, 10008.0, 10010.0, 9998.0, 9981.0, 9996.0, 9995.0, 9993.0, 9990.0, 9982.0, 10014.0, 9980.0, 9980.0, 9986.0, 9989.0, 9991.0, 10015.0, 9978.0, 9996.0, 10005.0, 9975.0, 9993.0, 9998.0, 9985.0, 9997.0, 9992.0, 9978.0, 10011.0, 10001.0, 9989.0, 9983.0], "WindowWidth": [21327.0, 21294.0, 21354.0, 21302.0, 21311.0, 21284.0, 21286.0, 21285.0, 21273.0, 21281.0, 21274.0, 21284.0, 21291.0, 21287.0, 21292.0, 21277.0, 21262.0, 21263.0, 21263.0, 21304.0, 21260.0, 21277.0, 21288.0, 21380.0, 21324.0, 21356.0, 21322.0, 21327.0, 21261.0, 21253.0, 21280.0, 21244.0, 21277.0, 21259.0, 21264.0, 21294.0, 21327.0, 21328.0, 21297.0, 21323.0, 21280.0, 21301.0, 21266.0, 21232.0, 21222.0, 21256.0, 21223.0, 21239.0, 21234.0, 21265.0, 21263.0, 21308.0, 21317.0, 21313.0, 21280.0, 21298.0, 21303.0, 21270.0, 21276.0, 21318.0, 21365.0, 21347.0, 21298.0, 21262.0, 21258.0, 21251.0, 21272.0, 21261.0, 21270.0, 21249.0, 21279.0, 21290.0, 21303.0, 21282.0, 21279.0, 21317.0, 21323.0, 21293.0, 21308.0, 21322.0, 21249.0, 21264.0, 21295.0, 21308.0, 21328.0, 21325.0, 21267.0, 21257.0, 21239.0, 21270.0, 21253.0, 21270.0, 21311.0, 21289.0, 21299.0, 21274.0, 21255.0, 21271.0, 21255.0, 21248.0, 21257.0, 21283.0, 21312.0, 21288.0, 21254.0, 21295.0, 21236.0, 21252.0, 21262.0, 21241.0, 21256.0, 21251.0, 21265.0, 21262.0, 21298.0, 21290.0, 21303.0, 21371.0, 21300.0, 21264.0, 21262.0, 21303.0, 21280.0, 21287.0, 21265.0, 21236.0, 21249.0, 21260.0, 21268.0, 21303.0, 21309.0, 21293.0, 21318.0, 21284.0, 21294.0, 21329.0, 21240.0, 21269.0, 21262.0, 21260.0, 21239.0, 21236.0, 21231.0, 21212.0, 21224.0, 21220.0, 21194.0, 21225.0, 21223.0, 21255.0, 21235.0, 21248.0, 21277.0, 21303.0, 21231.0, 21245.0, 21258.0, 21229.0, 21223.0, 21231.0, 21286.0, 21235.0, 21266.0, 21272.0, 21285.0, 21313.0, 21296.0, 21289.0, 21301.0, 21261.0, 21262.0, 21323.0, 21270.0, 21270.0, 21348.0, 21255.0, 21248.0, 21308.0, 21296.0, 21274.0, 21282.0, 21300.0, 21264.0, 21347.0, 21278.0, 21296.0, 21324.0, 21277.0, 21280.0, 21329.0, 21233.0, 21254.0, 21282.0, 21274.0, 21292.0, 21253.0, 21241.0, 21270.0, 21265.0, 21235.0, 21237.0, 21276.0, 21236.0, 21252.0, 21236.0, 21253.0, 21236.0, 21251.0, 21260.0, 21270.0, 21258.0, 21321.0, 21265.0, 21279.0, 21325.0, 21281.0, 21264.0, 21241.0, 21241.0, 21270.0, 21254.0, 21245.0, 21251.0, 21272.0, 21258.0, 21284.0, 21273.0, 21269.0, 21248.0, 21249.0, 21301.0, 21271.0, 21278.0, 21328.0, 21252.0, 21289.0, 21250.0, 21241.0, 21240.0, 21230.0, 21273.0, 21261.0, 21276.0, 21248.0, 21303.0, 21284.0, 21277.0, 21324.0, 21309.0, 21308.0, 21277.0, 21325.0, 21296.0, 21328.0, 21322.0, 21309.0, 21336.0, 21314.0, 21337.0, 21266.0, 21255.0, 21315.0, 21275.0, 21265.0, 21295.0, 21237.0, 21254.0, 21288.0, 21255.0, 21255.0, 21254.0, 21282.0, 21294.0, 21269.0, 21303.0, 21309.0, 21306.0, 21356.0, 21298.0, 21286.0, 21298.0, 21286.0, 21341.0, 21284.0, 21285.0, 21248.0, 21253.0, 21269.0, 21277.0, 21281.0, 21268.0, 21319.0, 21259.0, 21268.0, 21250.0, 21262.0, 21261.0, 21245.0, 21263.0, 21250.0, 21249.0, 21226.0, 21262.0, 21250.0, 21257.0, 21297.0, 21246.0, 21264.0, 21242.0, 21254.0, 21298.0, 21285.0, 21299.0, 21347.0, 21314.0, 21347.0, 21298.0, 21285.0, 21311.0, 21323.0, 21293.0, 21276.0, 21335.0, 21302.0, 21283.0, 21305.0, 21285.0, 21330.0, 21251.0, 21261.0, 21290.0, 21265.0, 21257.0, 21287.0, 21222.0, 21225.0, 21237.0, 21205.0, 21238.0, 21258.0, 21278.0, 21303.0, 21288.0, 21239.0, 21287.0, 21243.0, 21238.0, 21257.0, 21314.0, 21275.0, 21317.0, 21290.0, 21280.0, 21309.0, 21267.0, 21264.0, 21336.0, 21316.0, 21310.0, 21359.0, 21284.0, 21313.0, 21323.0, 21284.0, 21303.0, 21338.0, 21301.0, 21314.0, 21338.0, 21326.0, 21311.0, 21372.0, 21381.0, 21297.0, 21293.0, 21342.0, 21337.0, 21327.0, 21293.0, 21251.0, 21302.0, 21254.0, 21282.0, 21248.0, 21260.0, 21299.0, 21266.0, 21241.0, 21243.0, 21232.0, 21262.0, 21259.0, 21278.0, 21302.0, 21268.0, 21295.0, 21308.0, 21313.0, 21323.0, 21331.0, 21305.0, 21288.0, 21598.0, 21516.0, 21377.0, 21440.0, 21408.0, 21338.0, 21376.0, 21279.0, 21302.0, 21267.0, 21259.0, 21259.0, 21320.0, 21306.0, 21318.0, 21322.0, 21325.0, 21321.0, 21289.0, 21327.0, 21383.0, 21340.0, 21320.0, 21379.0, 21310.0, 21312.0, 21320.0, 21342.0, 21332.0, 21336.0, 21340.0, 21375.0, 21307.0, 21312.0, 21330.0, 21349.0, 21356.0, 21294.0, 21281.0, 21332.0, 21287.0, 21294.0, 21320.0, 21313.0, 21332.0, 21343.0, 21328.0, 21316.0, 21312.0, 21345.0, 21330.0, 21305.0, 21322.0, 21336.0, 21302.0, 21350.0, 21329.0, 21322.0, 21304.0, 21320.0, 21298.0, 21362.0, 21292.0, 21307.0, 21299.0, 21343.0, 21331.0, 21350.0, 21337.0, 21319.0, 21349.0, 21349.0, 21326.0, 21340.0, 21357.0, 21335.0, 21387.0, 21323.0, 21311.0, 21314.0, 21323.0, 21307.0, 21381.0, 21308.0, 21318.0, 21296.0, 21348.0, 21357.0, 21329.0, 21292.0, 21323.0, 21322.0, 21318.0, 21312.0, 21298.0, 21360.0, 21291.0, 21289.0, 21299.0, 21308.0, 21315.0, 21362.0, 21286.0, 21320.0, 21341.0, 21279.0, 21315.0, 21330.0, 21306.0, 21328.0, 21315.0, 21283.0, 21353.0, 21335.0, 21311.0, 21298.0]}, "slices": {}}}