{"AcquisitionMatrixPE": 96, "AcquisitionNumber": 1, "AcquisitionTime": "07:40:49.537500", "BandwidthPerPixelPhaseEncode": 33.602, "BaseResolution": 96, "BodyPartExamined": "BRAIN", "ConsistencyInfo": "N4_VD11D_LATEST_20110129", "ConversionSoftware": "dcm2niix", "ConversionSoftwareVersion": "v1.0.20210317", "DerivedVendorReportedEchoSpacing": 0.000620003, "DeviceSerialNumber": "45239", "DwellTime": 2.6e-06, "EchoTime": 0.03, "EchoTrainLength": 48, "EffectiveEchoSpacing": 0.000310001, "FlipAngle": 63, "ImageComments": "Unaliased MB4/PE3", "ImageOrientationPatientDICOM": [0.999816, 0.0109171, 0.0158031, -0.000615719, 0.84056, -0.541718], "ImageType": ["ORIGINAL", "PRIMARY", "M", "ND", "NORM", "MOSAIC"], "ImagingFrequency": 123.194, "InPlanePhaseEncodingDirectionDICOM": "COL", "InstitutionAddress": "E 24th St. 100,Austin,Southmiddle,US,78712", "InstitutionName": "Univ of Texas at Austin", "InstitutionalDepartmentName": "IRC", "MRAcquisitionType": "2D", "MagneticFieldStrength": 3, "Manufacturer": "Siemens", "ManufacturersModelName": "Skyra", "Modality": "MR", "MultibandAccelerationFactor": 4, "ParallelReductionFactorInPlane": 2, "PartialFourier": 1, "PatientPosition": "HFS", "PercentPhaseFOV": 100, "PercentSampling": 100, "PhaseEncodingDirection": "j-", "PhaseEncodingSteps": 96, "PhaseResolution": 1, "PixelBandwidth": 2005, "ProcedureStepDescription": "Poldrack2^self-scanning", "ProtocolName": "Resting State fMRI MBEPI_matrix96_BW2004", "PulseSequenceDetails": "%CustomerSeq%\\cmrr_mbep2d_bold", "ReceiveCoilActiveElements": "HEA;HEP", "ReceiveCoilName": "Head_32", "ReconMatrixPE": 96, "RefLinesPE": 94, "RepetitionTime": 1.16, "SAR": 0.0964154, "ScanOptions": "FS", "ScanningSequence": "EP", "SequenceName": "epfid2d1_96", "SequenceVariant": "SK", "SeriesDescription": "Resting State fMRI MBEPI_matrix96_BW2004", "SeriesNumber": 6, "ShimSetting": [-2803, 8067, -15451, 164, -227, 160, 201, -57], "SliceThickness": 2, "SliceTiming": [0, 0.5, 0.9975, 0.3575, 0.855, 0.215, 0.7125, 0.0725, 0.57, 1.07, 0.4275, 0.9275, 0.285, 0.785, 0.1425, 0.6425, 0, 0.5, 0.9975, 0.3575, 0.855, 0.215, 0.7125, 0.0725, 0.57, 1.07, 0.4275, 0.9275, 0.285, 0.785, 0.1425, 0.6425, 0, 0.5, 0.9975, 0.3575, 0.855, 0.215, 0.7125, 0.0725, 0.57, 1.07, 0.4275, 0.9275, 0.285, 0.785, 0.1425, 0.6425, 0, 0.5, 0.9975, 0.3575, 0.855, 0.215, 0.7125, 0.0725, 0.57, 1.07, 0.4275, 0.9275, 0.285, 0.785, 0.1425, 0.6425], "SoftwareVersions": "syngo MR D11", "SpacingBetweenSlices": 2.4, "StationName": "AWP45239", "TaskName": "Resting fmri", "TotalReadoutTime": 0.0294501, "TxRefAmp": 331.462, "WipMemBlock": "84f65999-3c0a-4189-a211-21e6a3ab34b7||Sequence: VD11D r206; Feb 13 2013 18:52:04 by eja", "dcmmeta_affine": [[-2.3953912258148193, -0.0014751589624211192, 0.04607389494776726, 118.81249237060547], [-0.026155469939112663, 2.0138416290283203, -1.2998601198196411, -76.3975830078125], [0.03786167874932289, 1.2978661060333252, 2.0169880390167236, -89.64775848388672], [0.0, 0.0, 0.0, 1.0]], "dcmmeta_reorient_transform": [[0.0, -1.0, 0.0, 95.0], [1.0, 0.0, 0.0, 0.0], [0.0, 0.0, 1.0, 0.0], [0.0, 0.0, 0.0, 1.0]], "dcmmeta_shape": [96, 96, 64, 518], "dcmmeta_slice_dim": 2, "dcmmeta_version": 0.6, "global": {"const": {"AcquisitionMatrix": [96, 0, 0, 96], "AngioFlag": "N", "BitsAllocated": 16, "BitsStored": 16, "BodyPartExamined": "BRAIN", "Columns": 768, "EchoNumbers": 1, "EchoTime": 30.0, "EchoTrainLength": 48, "FlipAngle": 63.0, "HighBit": 15, "ImageOrientationPatient": [0.99981552226487, 0.01091706575517, 0.01580313619292, -0.0006157185233, 0.84056003291826, -0.5417180557736], "ImagePositionPatient": [-923.02816582778, -800.35641761192, 457.01102148803], "ImageType": ["ORIGINAL", "PRIMARY", "M", "ND", "NORM", "MOSAIC"], "ImagedNucleus": "1H", "ImagingFrequency": 123.193527, "InPlanePhaseEncodingDirection": "COL", "MRAcquisitionType": "2D", "MagneticFieldStrength": 3.0, "Manufacturer": "SIEMENS", "ManufacturerModelName": "Skyra", "Modality": "MR", "NumberOfAverages": 1.0, "NumberOfPhaseEncodingSteps": 96, "PercentPhaseFieldOfView": 100.0, "PercentSampling": 100.0, "PerformedProcedureStepStartTime": "071422.218000", "PhotometricInterpretation": "MONOCHROME2", "PixelBandwidth": 2005.0, "PixelRepresentation": 0, "PixelSpacing": [2.3958332538605, 2.3958332538605], "ProtocolName": "Resting State fMRI MBEPI_matrix96_BW2004", "RepetitionTime": 1160.0, "Rows": 768, "SAR": 0.09641538853937, "SamplesPerPixel": 1, "ScanOptions": "FS", "ScanningSequence": "EP", "SequenceName": "epfid2d1_96", "SequenceVariant": "SK", "SeriesDescription": "Resting State fMRI MBEPI_matrix96_BW2004", "SeriesNumber": 6, "SeriesTime": "074127.921000", "SliceLocation": -31.682553350424, "SliceThickness": 2.0, "SmallestImagePixelValue": 0, "SoftwareVersions": "syngo MR D11", "SpacingBetweenSlices": 2.4000000595481, "SpecificCharacterSet": "ISO_IR 100", "StudyID": "1", "StudyTime": "071422.171000", "TransmitCoilName": "Body", "VariableFlipAngleFlag": "N", "WindowCenterWidthExplanation": "Algo1", "dBdt": 0.0}, "slices": {}}, "time": {"samples": {"AcquisitionNumber": [1, 2, 3, 4, 5, 6, 7, 8, 9, 10, 11, 12, 13, 14, 15, 16, 17, 18, 19, 20, 21, 22, 23, 24, 25, 26, 27, 28, 29, 30, 31, 32, 33, 34, 35, 36, 37, 38, 39, 40, 41, 42, 43, 44, 45, 46, 47, 48, 49, 50, 51, 52, 53, 54, 55, 56, 57, 58, 59, 60, 61, 62, 63, 64, 65, 66, 67, 68, 69, 70, 71, 72, 73, 74, 75, 76, 77, 78, 79, 80, 81, 82, 83, 84, 85, 86, 87, 88, 89, 90, 91, 92, 93, 94, 95, 96, 97, 98, 99, 100, 101, 102, 103, 104, 105, 106, 107, 108, 109, 110, 111, 112, 113, 114, 115, 116, 117, 118, 119, 120, 121, 122, 123, 124, 125, 126, 127, 128, 129, 130, 131, 132, 133, 134, 135, 136, 137, 138, 139, 140, 141, 142, 143, 144, 145, 146, 147, 148, 149, 150, 151, 152, 153, 154, 155, 156, 157, 158, 159, 160, 161, 162, 163, 164, 165, 166, 167, 168, 169, 170, 171, 172, 173, 174, 175, 176, 177, 178, 179, 180, 181, 182, 183, 184, 185, 186, 187, 188, 189, 190, 191, 192, 193, 194, 195, 196, 197, 198, 199, 200, 201, 202, 203, 204, 205, 206, 207, 208, 209, 210, 211, 212, 213, 214, 215, 216, 217, 218, 219, 220, 221, 222, 223, 224, 225, 226, 227, 228, 229, 230, 231, 232, 233, 234, 235, 236, 237, 238, 239, 240, 241, 242, 243, 244, 245, 246, 247, 248, 249, 250, 251, 252, 253, 254, 255, 256, 257, 258, 259, 260, 261, 262, 263, 264, 265, 266, 267, 268, 269, 270, 271, 272, 273, 274, 275, 276, 277, 278, 279, 280, 281, 282, 283, 284, 285, 286, 287, 288, 289, 290, 291, 292, 293, 294, 295, 296, 297, 298, 299, 300, 301, 302, 303, 304, 305, 306, 307, 308, 309, 310, 311, 312, 313, 314, 315, 316, 317, 318, 319, 320, 321, 322, 323, 324, 325, 326, 327, 328, 329, 330, 331, 332, 333, 334, 335, 336, 337, 338, 339, 340, 341, 342, 343, 344, 345, 346, 347, 348, 349, 350, 351, 352, 353, 354, 355, 356, 357, 358, 359, 360, 361, 362, 363, 364, 365, 366, 367, 368, 369, 370, 371, 372, 373, 374, 375, 376, 377, 378, 379, 380, 381, 382, 383, 384, 385, 386, 387, 388, 389, 390, 391, 392, 393, 394, 395, 396, 397, 398, 399, 400, 401, 402, 403, 404, 405, 406, 407, 408, 409, 410, 411, 412, 413, 414, 415, 416, 417, 418, 419, 420, 421, 422, 423, 424, 425, 426, 427, 428, 429, 430, 431, 432, 433, 434, 435, 436, 437, 438, 439, 440, 441, 442, 443, 444, 445, 446, 447, 448, 449, 450, 451, 452, 453, 454, 455, 456, 457, 458, 459, 460, 461, 462, 463, 464, 465, 466, 467, 468, 469, 470, 471, 472, 473, 474, 475, 476, 477, 478, 479, 480, 481, 482, 483, 484, 485, 486, 487, 488, 489, 490, 491, 492, 493, 494, 495, 496, 497, 498, 499, 500, 501, 502, 503, 504, 505, 506, 507, 508, 509, 510, 511, 512, 513, 514, 515, 516, 517, 518], "AcquisitionTime": ["074049.537500", "074118.535000", "074119.695000", "074120.855000", "074122.015000", "074123.175000", "074124.335000", "074125.495000", "074126.655000", "074127.815000", "074128.977500", "074130.137500", "074131.297500", "074132.457500", "074133.617500", "074134.777500", "074135.937500", "074137.097500", "074138.257500", "074139.417500", "074140.577500", "074141.737500", "074142.897500", "074144.057500", "074145.217500", "074146.377500", "074147.537500", "074148.697500", "074149.857500", "074151.017500", "074152.177500", "074153.337500", "074154.497500", "074155.657500", "074156.817500", "074157.977500", "074159.137500", "074200.297500", "074201.457500", "074202.617500", "074203.777500", "074204.937500", "074206.097500", "074207.257500", "074208.417500", "074209.577500", "074210.737500", "074211.897500", "074213.057500", "074214.217500", "074215.377500", "074216.537500", "074217.697500", "074218.857500", "074220.017500", "074221.177500", "074222.337500", "074223.497500", "074224.657500", "074225.817500", "074226.977500", "074228.137500", "074229.297500", "074230.457500", "074231.617500", "074232.777500", "074233.937500", "074235.097500", "074236.257500", "074237.417500", "074238.577500", "074239.737500", "074240.897500", "074242.057500", "074243.217500", "074244.377500", "074245.537500", "074246.697500", "074247.857500", "074249.017500", "074250.177500", "074251.337500", "074252.497500", "074253.657500", "074254.817500", "074255.977500", "074257.137500", "074258.297500", "074259.457500", "074300.617500", "074301.777500", "074302.937500", "074304.097500", "074305.257500", "074306.417500", "074307.577500", "074308.737500", "074309.897500", "074311.057500", "074312.217500", "074313.377500", "074314.537500", "074315.697500", "074316.857500", "074318.017500", "074319.177500", "074320.337500", "074321.497500", "074322.657500", "074323.817500", "074324.977500", "074326.137500", "074327.297500", "074328.457500", "074329.617500", "074330.777500", "074331.937500", "074333.097500", "074334.257500", "074335.417500", "074336.577500", "074337.737500", "074338.897500", "074340.057500", "074341.217500", "074342.377500", "074343.537500", "074344.697500", "074345.857500", "074347.017500", "074348.177500", "074349.337500", "074350.497500", "074351.657500", "074352.817500", "074353.977500", "074355.137500", "074356.297500", "074357.457500", "074358.617500", "074359.777500", "074400.937500", "074402.097500", "074403.257500", "074404.417500", "074405.577500", "074406.737500", "074407.897500", "074409.057500", "074410.217500", "074411.377500", "074412.537500", "074413.697500", "074414.857500", "074416.017500", "074417.177500", "074418.337500", "074419.497500", "074420.657500", "074421.817500", "074422.977500", "074424.137500", "074425.297500", "074426.457500", "074427.617500", "074428.777500", "074429.937500", "074431.097500", "074432.257500", "074433.417500", "074434.577500", "074435.737500", "074436.897500", "074438.057500", "074439.217500", "074440.377500", "074441.537500", "074442.697500", "074443.857500", "074445.017500", "074446.177500", "074447.337500", "074448.497500", "074449.657500", "074450.817500", "074451.977500", "074453.137500", "074454.297500", "074455.457500", "074456.617500", "074457.777500", "074458.937500", "074500.097500", "074501.257500", "074502.417500", "074503.577500", "074504.737500", "074505.897500", "074507.057500", "074508.217500", "074509.377500", "074510.537500", "074511.697500", "074512.857500", "074514.017500", "074515.177500", "074516.337500", "074517.497500", "074518.657500", "074519.817500", "074520.977500", "074522.137500", "074523.297500", "074524.457500", "074525.617500", "074526.777500", "074527.937500", "074529.097500", "074530.257500", "074531.417500", "074532.577500", "074533.737500", "074534.897500", "074536.057500", "074537.217500", "074538.377500", "074539.537500", "074540.697500", "074541.857500", "074543.017500", "074544.177500", "074545.337500", "074546.497500", "074547.657500", "074548.817500", "074549.977500", "074551.137500", "074552.297500", "074553.457500", "074554.617500", "074555.777500", "074556.937500", "074558.097500", "074559.257500", "074600.417500", "074601.577500", "074602.737500", "074603.897500", "074605.057500", "074606.217500", "074607.377500", "074608.537500", "074609.697500", "074610.857500", "074612.017500", "074613.177500", "074614.337500", "074615.497500", "074616.657500", "074617.817500", "074618.980000", "074620.140000", "074621.300000", "074622.460000", "074623.620000", "074624.780000", "074625.940000", "074627.100000", "074628.260000", "074629.420000", "074630.580000", "074631.740000", "074632.900000", "074634.060000", "074635.220000", "074636.380000", "074637.540000", "074638.700000", "074639.860000", "074641.020000", "074642.180000", "074643.340000", "074644.500000", "074645.660000", "074646.820000", "074647.980000", "074649.140000", "074650.300000", "074651.460000", "074652.620000", "074653.780000", "074654.940000", "074656.100000", "074657.260000", "074658.420000", "074659.580000", "074700.740000", "074701.900000", "074703.060000", "074704.220000", "074705.380000", "074706.540000", "074707.700000", "074708.860000", "074710.020000", "074711.180000", "074712.340000", "074713.500000", "074714.660000", "074715.820000", "074716.980000", "074718.140000", "074719.300000", "074720.460000", "074721.620000", "074722.780000", "074723.940000", "074725.100000", "074726.260000", "074727.420000", "074728.580000", "074729.740000", "074730.900000", "074732.060000", "074733.220000", "074734.380000", "074735.540000", "074736.700000", "074737.860000", "074739.020000", "074740.180000", "074741.340000", "074742.500000", "074743.660000", "074744.820000", "074745.980000", "074747.140000", "074748.300000", "074749.460000", "074750.620000", "074751.780000", "074752.940000", "074754.100000", "074755.260000", "074756.420000", "074757.580000", "074758.740000", "074759.900000", "074801.060000", "074802.220000", "074803.380000", "074804.540000", "074805.700000", "074806.860000", "074808.020000", "074809.180000", "074810.340000", "074811.500000", "074812.660000", "074813.820000", "074814.980000", "074816.140000", "074817.300000", "074818.460000", "074819.620000", "074820.780000", "074821.940000", "074823.100000", "074824.260000", "074825.420000", "074826.580000", "074827.740000", "074828.900000", "074830.060000", "074831.220000", "074832.380000", "074833.540000", "074834.700000", "074835.860000", "074837.020000", "074838.180000", "074839.340000", "074840.500000", "074841.660000", "074842.820000", "074843.980000", "074845.140000", "074846.300000", "074847.460000", "074848.620000", "074849.780000", "074850.940000", "074852.100000", "074853.260000", "074854.420000", "074855.580000", "074856.740000", "074857.900000", "074859.060000", "074900.220000", "074901.380000", "074902.540000", "074903.700000", "074904.860000", "074906.020000", "074907.180000", "074908.340000", "074909.500000", "074910.660000", "074911.820000", "074912.980000", "074914.140000", "074915.300000", "074916.460000", "074917.620000", "074918.780000", "074919.940000", "074921.100000", "074922.260000", "074923.420000", "074924.580000", "074925.740000", "074926.900000", "074928.060000", "074929.220000", "074930.380000", "074931.540000", "074932.700000", "074933.860000", "074935.020000", "074936.180000", "074937.340000", "074938.500000", "074939.660000", "074940.820000", "074941.980000", "074943.140000", "074944.300000", "074945.460000", "074946.620000", "074947.780000", "074948.940000", "074950.100000", "074951.260000", "074952.420000", "074953.580000", "074954.740000", "074955.900000", "074957.060000", "074958.220000", "074959.380000", "075000.540000", "075001.700000", "075002.860000", "075004.020000", "075005.180000", "075006.340000", "075007.500000", "075008.660000", "075009.820000", "075010.980000", "075012.140000", "075013.300000", "075014.460000", "075015.620000", "075016.780000", "075017.940000", "075019.100000", "075020.260000", "075021.420000", "075022.580000", "075023.740000", "075024.900000", "075026.060000", "075027.220000", "075028.380000", "075029.540000", "075030.700000", "075031.860000", "075033.020000", "075034.180000", "075035.340000", "075036.500000", "075037.660000", "075038.820000", "075039.980000", "075041.140000", "075042.300000", "075043.460000", "075044.620000", "075045.780000", "075046.940000", "075048.100000", "075049.260000", "075050.420000", "075051.580000", "075052.740000", "075053.900000", "075055.060000", "075056.220000", "075057.380000", "075058.540000", "075059.700000", "075100.860000", "075102.020000", "075103.180000", "075104.340000", "075105.500000", "075106.660000", "075107.820000", "075108.982500", "075110.142500", "075111.302500", "075112.462500", "075113.622500", "075114.782500", "075115.942500", "075117.102500"], "ContentTime": ["074127.921000", "074133.640000", "074133.640000", "074133.656000", "074133.656000", "074138.640000", "074138.640000", "074138.656000", "074143.640000", "074143.640000", "074143.656000", "074143.656000", "074148.640000", "074148.640000", "074148.656000", "074148.656000", "074153.640000", "074153.640000", "074153.656000", "074153.656000", "074158.640000", "074158.640000", "074158.656000", "074203.640000", "074203.640000", "074203.656000", "074203.656000", "074208.640000", "074208.640000", "074208.656000", "074208.656000", "074213.640000", "074213.640000", "074213.656000", "074213.656000", "074218.640000", "074218.640000", "074218.656000", "074223.640000", "074223.640000", "074223.656000", "074223.656000", "074228.640000", "074228.640000", "074228.656000", "074228.656000", "074233.640000", "074233.640000", "074233.656000", "074238.640000", "074238.640000", "074238.656000", "074238.671000", "074243.640000", "074243.640000", "074243.656000", "074243.656000", "074248.640000", "074248.640000", "074248.656000", "074248.656000", "074253.640000", "074253.640000", "074253.656000", "074253.656000", "074258.640000", "074258.640000", "074258.656000", "074303.640000", "074303.640000", "074303.656000", "074303.656000", "074308.640000", "074308.640000", "074308.656000", "074308.656000", "074313.640000", "074313.640000", "074313.656000", "074318.640000", "074318.640000", "074318.656000", "074318.656000", "074323.640000", "074323.640000", "074323.656000", "074323.656000", "074328.640000", "074328.640000", "074328.656000", "074328.656000", "074333.640000", "074333.640000", "074333.687000", "074338.640000", "074338.640000", "074338.656000", "074338.656000", "074343.640000", "074343.640000", "074343.656000", "074343.656000", "074348.640000", "074348.640000", "074348.656000", "074353.640000", "074353.640000", "074353.656000", "074353.656000", "074358.640000", "074358.640000", "074358.656000", "074358.656000", "074403.640000", "074403.640000", "074403.656000", "074403.656000", "074408.640000", "074408.640000", "074408.656000", "074413.640000", "074413.640000", "074413.656000", "074413.656000", "074418.640000", "074418.640000", "074418.656000", "074418.656000", "074423.640000", "074423.640000", "074423.656000", "074423.656000", "074428.640000", "074428.640000", "074428.656000", "074428.656000", "074433.640000", "074433.656000", "074433.656000", "074438.640000", "074438.640000", "074438.656000", "074438.656000", "074443.640000", "074443.640000", "074443.656000", "074443.656000", "074448.640000", "074448.640000", "074448.656000", "074453.640000", "074453.640000", "074453.656000", "074453.656000", "074458.640000", "074458.640000", "074458.656000", "074458.656000", "074503.640000", "074503.640000", "074503.656000", "074503.656000", "074508.640000", "074508.640000", "074508.656000", "074508.671000", "074513.640000", "074513.640000", "074513.656000", "074518.640000", "074518.640000", "074518.656000", "074518.656000", "074523.640000", "074523.656000", "074523.656000", "074523.656000", "074528.640000", "074528.640000", "074528.656000", "074533.640000", "074533.640000", "074533.656000", "074533.656000", "074538.640000", "074538.640000", "074538.656000", "074538.656000", "074543.640000", "074543.640000", "074543.656000", "074543.656000", "074548.640000", "074548.656000", "074548.656000", "074553.640000", "074553.640000", "074553.656000", "074553.656000", "074558.640000", "074558.656000", "074558.656000", "074603.640000", "074603.640000", "074603.656000", "074603.656000", "074608.640000", "074608.656000", "074608.656000", "074613.640000", "074613.640000", "074613.656000", "074613.656000", "074618.640000", "074618.640000", "074618.656000", "074618.656000", "074623.640000", "074623.640000", "074623.656000", "074628.640000", "074628.640000", "074628.656000", "074628.656000", "074633.640000", "074633.640000", "074633.656000", "074633.656000", "074638.640000", "074638.640000", "074638.656000", "074638.656000", "074643.640000", "074643.640000", "074643.656000", "074648.640000", "074648.640000", "074648.656000", "074648.656000", "074653.640000", "074653.656000", "074653.656000", "074658.640000", "074658.640000", "074658.656000", "074658.656000", "074703.640000", "074703.640000", "074703.656000", "074708.640000", "074708.640000", "074708.656000", "074708.656000", "074713.640000", "074713.640000", "074713.656000", "074713.656000", "074718.640000", "074718.640000", "074718.656000", "074723.640000", "074723.640000", "074723.656000", "074723.656000", "074728.640000", "074728.640000", "074728.656000", "074728.656000", "074733.640000", "074733.640000", "074733.656000", "074738.640000", "074738.640000", "074738.656000", "074738.656000", "074743.640000", "074743.640000", "074743.656000", "074748.640000", "074748.640000", "074748.656000", "074748.656000", "074753.640000", "074753.640000", "074753.656000", "074753.656000", "074758.640000", "074758.640000", "074758.656000", "074758.656000", "074803.640000", "074803.640000", "074803.656000", "074803.656000", "074808.640000", "074808.656000", "074808.656000", "074813.640000", "074813.640000", "074813.656000", "074813.656000", "074818.640000", "074818.640000", "074818.656000", "074823.640000", "074823.640000", "074823.656000", "074823.656000", "074828.640000", "074828.640000", "074828.656000", "074828.656000", "074833.640000", "074833.640000", "074833.656000", "074838.640000", "074838.640000", "074838.656000", "074838.656000", "074843.640000", "074843.656000", "074843.656000", "074848.640000", "074848.640000", "074848.656000", "074848.656000", "074853.640000", "074853.640000", "074853.656000", "074853.656000", "074858.640000", "074858.640000", "074858.656000", "074903.640000", "074903.640000", "074903.656000", "074903.656000", "074908.640000", "074908.640000", "074908.656000", "074908.656000", "074913.640000", "074913.640000", "074913.656000", "074913.656000", "074918.640000", "074918.640000", "074918.656000", "074923.640000", "074923.640000", "074923.656000", "074923.656000", "074928.640000", "074928.640000", "074928.656000", "074928.656000", "074933.640000", "074933.640000", "074933.656000", "074933.656000", "074938.640000", "074938.640000", "074938.656000", "074938.656000", "074943.640000", "074943.640000", "074943.656000", "074943.656000", "074948.640000", "074948.640000", "074948.656000", "074948.656000", "074953.640000", "074953.640000", "074953.656000", "074958.640000", "074958.640000", "074958.656000", "074958.656000", "075003.640000", "075003.640000", "075003.656000", "075003.656000", "075008.640000", "075008.640000", "075008.656000", "075008.656000", "075013.640000", "075013.656000", "075013.656000", "075018.640000", "075018.656000", "075018.656000", "075018.656000", "075023.640000", "075023.640000", "075023.656000", "075023.656000", "075028.640000", "075028.640000", "075028.656000", "075033.640000", "075033.640000", "075033.656000", "075033.656000", "075038.640000", "075038.640000", "075038.656000", "075043.640000", "075043.640000", "075043.656000", "075043.656000", "075048.640000", "075048.640000", "075048.656000", "075053.640000", "075053.656000", "075053.656000", "075053.656000", "075058.640000", "075058.640000", "075058.656000", "075058.656000", "075103.640000", "075103.640000", "075103.656000", "075103.656000", "075108.640000", "075108.640000", "075108.656000", "075113.640000", "075113.640000", "075113.656000", "075113.656000", "075118.640000", "075118.656000", "075118.656000", "075118.656000", "075123.640000", "075123.640000", "075123.656000", "075123.656000", "075128.640000", "075128.640000", "075128.656000", "075128.656000", "075133.640000", "075133.640000", "075133.656000", "075133.656000", "075138.640000", "075138.640000", "075138.656000", "075138.656000", "075143.640000", "075143.640000", "075143.656000", "075143.656000", "075148.640000", "075148.656000", "075148.656000", "075148.656000", "075153.640000", "075153.640000", "075153.656000", "075153.656000", "075158.640000", "075158.640000", "075158.656000", "075158.656000", "075203.640000", "075203.640000", "075203.656000", "075203.656000", "075208.640000", "075208.640000", "075208.656000", "075208.656000", "075213.640000", "075213.640000", "075213.656000", "075213.656000", "075218.640000", "075218.640000", "075218.656000", "075218.656000", "075223.640000", "075223.640000", "075223.656000", "075223.656000", "075228.640000", "075228.640000", "075228.656000", "075228.656000", "075233.640000", "075233.640000", "075233.656000", "075233.656000", "075238.640000", "075238.640000", "075238.656000", "075238.656000", "075243.640000", "075243.640000", "075243.656000", "075243.656000", "075248.640000", "075248.640000", "075248.656000", "075248.656000", "075253.640000", "075253.640000", "075253.656000", "075253.656000", "075257.921000", "075257.921000", "075257.921000", "075257.921000"], "InstanceCreationTime": ["074127.921000", "074133.640000", "074133.640000", "074133.656000", "074133.656000", "074138.640000", "074138.640000", "074138.656000", "074143.640000", "074143.640000", "074143.656000", "074143.656000", "074148.640000", "074148.640000", "074148.656000", "074148.656000", "074153.640000", "074153.640000", "074153.656000", "074153.656000", "074158.640000", "074158.640000", "074158.656000", "074203.640000", "074203.640000", "074203.656000", "074203.656000", "074208.640000", "074208.640000", "074208.656000", "074208.656000", "074213.640000", "074213.640000", "074213.656000", "074213.656000", "074218.640000", "074218.640000", "074218.656000", "074223.640000", "074223.640000", "074223.656000", "074223.656000", "074228.640000", "074228.640000", "074228.656000", "074228.656000", "074233.640000", "074233.640000", "074233.656000", "074238.640000", "074238.640000", "074238.656000", "074238.671000", "074243.640000", "074243.640000", "074243.656000", "074243.656000", "074248.640000", "074248.640000", "074248.656000", "074248.656000", "074253.640000", "074253.640000", "074253.656000", "074253.656000", "074258.640000", "074258.640000", "074258.656000", "074303.640000", "074303.640000", "074303.656000", "074303.656000", "074308.640000", "074308.640000", "074308.656000", "074308.656000", "074313.640000", "074313.640000", "074313.656000", "074318.640000", "074318.640000", "074318.656000", "074318.656000", "074323.640000", "074323.640000", "074323.656000", "074323.656000", "074328.640000", "074328.640000", "074328.656000", "074328.656000", "074333.640000", "074333.640000", "074333.687000", "074338.640000", "074338.640000", "074338.656000", "074338.656000", "074343.640000", "074343.640000", "074343.656000", "074343.656000", "074348.640000", "074348.640000", "074348.656000", "074353.640000", "074353.640000", "074353.656000", "074353.656000", "074358.640000", "074358.640000", "074358.656000", "074358.656000", "074403.640000", "074403.640000", "074403.656000", "074403.656000", "074408.640000", "074408.640000", "074408.656000", "074413.640000", "074413.640000", "074413.656000", "074413.656000", "074418.640000", "074418.640000", "074418.656000", "074418.656000", "074423.640000", "074423.640000", "074423.656000", "074423.656000", "074428.640000", "074428.640000", "074428.656000", "074428.656000", "074433.640000", "074433.656000", "074433.656000", "074438.640000", "074438.640000", "074438.656000", "074438.656000", "074443.640000", "074443.640000", "074443.656000", "074443.656000", "074448.640000", "074448.640000", "074448.656000", "074453.640000", "074453.640000", "074453.656000", "074453.656000", "074458.640000", "074458.640000", "074458.656000", "074458.656000", "074503.640000", "074503.640000", "074503.656000", "074503.656000", "074508.640000", "074508.640000", "074508.656000", "074508.671000", "074513.640000", "074513.640000", "074513.656000", "074518.640000", "074518.640000", "074518.656000", "074518.656000", "074523.640000", "074523.656000", "074523.656000", "074523.656000", "074528.640000", "074528.640000", "074528.656000", "074533.640000", "074533.640000", "074533.656000", "074533.656000", "074538.640000", "074538.640000", "074538.656000", "074538.656000", "074543.640000", "074543.640000", "074543.656000", "074543.656000", "074548.640000", "074548.656000", "074548.656000", "074553.640000", "074553.640000", "074553.656000", "074553.656000", "074558.640000", "074558.656000", "074558.656000", "074603.640000", "074603.640000", "074603.656000", "074603.656000", "074608.640000", "074608.656000", "074608.656000", "074613.640000", "074613.640000", "074613.656000", "074613.656000", "074618.640000", "074618.640000", "074618.656000", "074618.656000", "074623.640000", "074623.640000", "074623.656000", "074628.640000", "074628.640000", "074628.656000", "074628.656000", "074633.640000", "074633.640000", "074633.656000", "074633.656000", "074638.640000", "074638.640000", "074638.656000", "074638.656000", "074643.640000", "074643.640000", "074643.656000", "074648.640000", "074648.640000", "074648.656000", "074648.656000", "074653.640000", "074653.656000", "074653.656000", "074658.640000", "074658.640000", "074658.656000", "074658.656000", "074703.640000", "074703.640000", "074703.656000", "074708.640000", "074708.640000", "074708.656000", "074708.656000", "074713.640000", "074713.640000", "074713.656000", "074713.656000", "074718.640000", "074718.640000", "074718.656000", "074723.640000", "074723.640000", "074723.656000", "074723.656000", "074728.640000", "074728.640000", "074728.656000", "074728.656000", "074733.640000", "074733.640000", "074733.656000", "074738.640000", "074738.640000", "074738.656000", "074738.656000", "074743.640000", "074743.640000", "074743.656000", "074748.640000", "074748.640000", "074748.656000", "074748.656000", "074753.640000", "074753.640000", "074753.656000", "074753.656000", "074758.640000", "074758.640000", "074758.656000", "074758.656000", "074803.640000", "074803.640000", "074803.656000", "074803.656000", "074808.640000", "074808.656000", "074808.656000", "074813.640000", "074813.640000", "074813.656000", "074813.656000", "074818.640000", "074818.640000", "074818.656000", "074823.640000", "074823.640000", "074823.656000", "074823.656000", "074828.640000", "074828.640000", "074828.656000", "074828.656000", "074833.640000", "074833.640000", "074833.656000", "074838.640000", "074838.640000", "074838.656000", "074838.656000", "074843.640000", "074843.656000", "074843.656000", "074848.640000", "074848.640000", "074848.656000", "074848.656000", "074853.640000", "074853.640000", "074853.656000", "074853.656000", "074858.640000", "074858.640000", "074858.656000", "074903.640000", "074903.640000", "074903.656000", "074903.656000", "074908.640000", "074908.640000", "074908.656000", "074908.656000", "074913.640000", "074913.640000", "074913.656000", "074913.656000", "074918.640000", "074918.640000", "074918.656000", "074923.640000", "074923.640000", "074923.656000", "074923.656000", "074928.640000", "074928.640000", "074928.656000", "074928.656000", "074933.640000", "074933.640000", "074933.656000", "074933.656000", "074938.640000", "074938.640000", "074938.656000", "074938.656000", "074943.640000", "074943.640000", "074943.656000", "074943.656000", "074948.640000", "074948.640000", "074948.656000", "074948.656000", "074953.640000", "074953.640000", "074953.656000", "074958.640000", "074958.640000", "074958.656000", "074958.656000", "075003.640000", "075003.640000", "075003.656000", "075003.656000", "075008.640000", "075008.640000", "075008.656000", "075008.656000", "075013.640000", "075013.656000", "075013.656000", "075018.640000", "075018.656000", "075018.656000", "075018.656000", "075023.640000", "075023.640000", "075023.656000", "075023.656000", "075028.640000", "075028.640000", "075028.656000", "075033.640000", "075033.640000", "075033.656000", "075033.656000", "075038.640000", "075038.640000", "075038.656000", "075043.640000", "075043.640000", "075043.656000", "075043.656000", "075048.640000", "075048.640000", "075048.656000", "075053.640000", "075053.656000", "075053.656000", "075053.656000", "075058.640000", "075058.640000", "075058.656000", "075058.656000", "075103.640000", "075103.640000", "075103.656000", "075103.656000", "075108.640000", "075108.640000", "075108.656000", "075113.640000", "075113.640000", "075113.656000", "075113.656000", "075118.640000", "075118.656000", "075118.656000", "075118.656000", "075123.640000", "075123.640000", "075123.656000", "075123.656000", "075128.640000", "075128.640000", "075128.656000", "075128.656000", "075133.640000", "075133.640000", "075133.656000", "075133.656000", "075138.640000", "075138.640000", "075138.656000", "075138.656000", "075143.640000", "075143.640000", "075143.656000", "075143.656000", "075148.640000", "075148.656000", "075148.656000", "075148.656000", "075153.640000", "075153.640000", "075153.656000", "075153.656000", "075158.640000", "075158.640000", "075158.656000", "075158.656000", "075203.640000", "075203.640000", "075203.656000", "075203.656000", "075208.640000", "075208.640000", "075208.656000", "075208.656000", "075213.640000", "075213.640000", "075213.656000", "075213.656000", "075218.640000", "075218.640000", "075218.656000", "075218.656000", "075223.640000", "075223.640000", "075223.656000", "075223.656000", "075228.640000", "075228.640000", "075228.656000", "075228.656000", "075233.640000", "075233.640000", "075233.656000", "075233.656000", "075238.640000", "075238.640000", "075238.656000", "075238.656000", "075243.640000", "075243.640000", "075243.656000", "075243.656000", "075248.640000", "075248.640000", "075248.656000", "075248.656000", "075253.640000", "075253.640000", "075253.656000", "075253.656000", "075257.921000", "075257.921000", "075257.921000", "075257.921000"], "InstanceNumber": [1, 2, 3, 4, 5, 6, 7, 8, 9, 10, 11, 12, 13, 14, 15, 16, 17, 18, 19, 20, 21, 22, 23, 24, 25, 26, 27, 28, 29, 30, 31, 32, 33, 34, 35, 36, 37, 38, 39, 40, 41, 42, 43, 44, 45, 46, 47, 48, 49, 50, 51, 52, 53, 54, 55, 56, 57, 58, 59, 60, 61, 62, 63, 64, 65, 66, 67, 68, 69, 70, 71, 72, 73, 74, 75, 76, 77, 78, 79, 80, 81, 82, 83, 84, 85, 86, 87, 88, 89, 90, 91, 92, 93, 94, 95, 96, 97, 98, 99, 100, 101, 102, 103, 104, 105, 106, 107, 108, 109, 110, 111, 112, 113, 114, 115, 116, 117, 118, 119, 120, 121, 122, 123, 124, 125, 126, 127, 128, 129, 130, 131, 132, 133, 134, 135, 136, 137, 138, 139, 140, 141, 142, 143, 144, 145, 146, 147, 148, 149, 150, 151, 152, 153, 154, 155, 156, 157, 158, 159, 160, 161, 162, 163, 164, 165, 166, 167, 168, 169, 170, 171, 172, 173, 174, 175, 176, 177, 178, 179, 180, 181, 182, 183, 184, 185, 186, 187, 188, 189, 190, 191, 192, 193, 194, 195, 196, 197, 198, 199, 200, 201, 202, 203, 204, 205, 206, 207, 208, 209, 210, 211, 212, 213, 214, 215, 216, 217, 218, 219, 220, 221, 222, 223, 224, 225, 226, 227, 228, 229, 230, 231, 232, 233, 234, 235, 236, 237, 238, 239, 240, 241, 242, 243, 244, 245, 246, 247, 248, 249, 250, 251, 252, 253, 254, 255, 256, 257, 258, 259, 260, 261, 262, 263, 264, 265, 266, 267, 268, 269, 270, 271, 272, 273, 274, 275, 276, 277, 278, 279, 280, 281, 282, 283, 284, 285, 286, 287, 288, 289, 290, 291, 292, 293, 294, 295, 296, 297, 298, 299, 300, 301, 302, 303, 304, 305, 306, 307, 308, 309, 310, 311, 312, 313, 314, 315, 316, 317, 318, 319, 320, 321, 322, 323, 324, 325, 326, 327, 328, 329, 330, 331, 332, 333, 334, 335, 336, 337, 338, 339, 340, 341, 342, 343, 344, 345, 346, 347, 348, 349, 350, 351, 352, 353, 354, 355, 356, 357, 358, 359, 360, 361, 362, 363, 364, 365, 366, 367, 368, 369, 370, 371, 372, 373, 374, 375, 376, 377, 378, 379, 380, 381, 382, 383, 384, 385, 386, 387, 388, 389, 390, 391, 392, 393, 394, 395, 396, 397, 398, 399, 400, 401, 402, 403, 404, 405, 406, 407, 408, 409, 410, 411, 412, 413, 414, 415, 416, 417, 418, 419, 420, 421, 422, 423, 424, 425, 426, 427, 428, 429, 430, 431, 432, 433, 434, 435, 436, 437, 438, 439, 440, 441, 442, 443, 444, 445, 446, 447, 448, 449, 450, 451, 452, 453, 454, 455, 456, 457, 458, 459, 460, 461, 462, 463, 464, 465, 466, 467, 468, 469, 470, 471, 472, 473, 474, 475, 476, 477, 478, 479, 480, 481, 482, 483, 484, 485, 486, 487, 488, 489, 490, 491, 492, 493, 494, 495, 496, 497, 498, 499, 500, 501, 502, 503, 504, 505, 506, 507, 508, 509, 510, 511, 512, 513, 514, 515, 516, 517, 518], "LargestImagePixelValue": [25151, 23856, 27897, 23518, 23427, 29008, 23530, 23291, 23589, 23332, 23430, 23486, 23497, 23350, 30910, 23559, 23973, 24711, 24274, 23708, 25613, 25864, 25395, 24201, 23510, 23567, 24533, 28811, 23505, 23508, 24398, 23560, 23898, 24361, 24251, 25379, 25113, 23776, 29749, 23419, 23529, 23545, 24323, 24547, 29091, 25196, 24329, 23577, 25413, 26202, 25071, 30489, 32096, 27670, 23510, 23510, 23571, 23859, 24356, 23453, 23613, 24112, 23730, 24206, 23615, 24494, 24961, 27052, 25432, 24634, 24462, 26163, 26198, 25438, 28397, 28804, 27298, 24613, 24283, 26570, 23696, 25608, 26461, 25919, 29075, 25234, 26114, 23691, 24125, 26011, 25943, 26521, 32668, 26525, 25530, 23674, 29179, 23677, 23548, 23389, 23635, 24700, 24606, 23544, 25916, 26789, 23880, 25367, 26231, 26575, 27101, 29686, 26504, 28050, 24260, 25915, 27684, 26260, 24627, 32487, 26468, 24749, 24037, 25673, 26538, 26381, 29865, 25113, 23611, 23872, 25961, 25519, 24638, 25891, 26139, 25880, 23406, 26369, 23539, 23532, 24642, 29129, 23571, 23295, 26593, 23679, 27049, 24473, 25892, 23755, 23613, 23556, 23529, 23619, 23459, 28088, 23431, 23483, 23689, 25701, 26958, 26785, 26055, 30068, 29848, 25500, 28100, 25315, 23739, 23588, 23404, 23550, 24003, 23763, 26139, 23473, 23361, 25132, 24675, 26438, 23685, 23616, 26034, 23761, 23861, 23595, 23613, 23671, 23770, 23881, 23857, 23714, 23962, 25700, 23746, 25697, 24922, 23953, 25151, 25210, 27234, 24473, 31347, 24876, 27264, 30969, 23546, 23724, 23736, 23804, 23624, 24317, 24935, 25154, 26878, 23930, 23705, 23869, 23670, 23963, 23600, 23612, 23554, 31751, 23516, 23736, 23807, 23615, 24979, 24153, 23681, 25033, 23789, 23790, 24696, 23863, 23687, 26522, 26775, 26472, 24505, 24528, 23632, 23622, 25249, 25117, 26200, 25081, 23750, 25266, 24816, 31627, 23595, 23675, 26787, 23728, 23679, 23719, 23466, 26618, 23410, 23734, 24744, 23697, 23718, 23552, 23929, 25842, 23685, 23857, 28406, 24022, 24039, 27959, 23511, 23586, 23701, 23626, 23991, 24123, 23862, 25133, 23887, 27520, 23829, 24275, 23953, 24947, 23731, 25192, 26976, 25676, 23897, 24378, 28206, 23568, 23688, 25310, 23925, 23786, 23597, 23968, 23650, 26706, 23684, 24004, 23628, 25356, 24240, 25781, 32584, 23692, 23876, 23821, 24262, 24936, 25740, 25353, 25705, 26691, 24481, 25500, 24476, 25580, 23880, 24959, 26225, 24033, 23594, 25483, 23863, 27250, 27347, 27052, 25902, 27054, 25834, 23722, 26945, 23729, 25304, 23755, 23609, 23629, 23624, 23661, 23739, 23952, 23730, 23706, 24886, 24256, 24303, 24366, 23936, 23855, 25406, 24669, 24214, 24755, 24273, 25602, 27211, 24077, 25765, 24159, 25411, 23824, 26970, 23747, 23986, 25401, 23937, 23675, 23906, 23886, 29262, 23774, 24672, 24020, 25814, 23962, 23988, 23804, 23948, 24023, 23960, 23760, 25177, 23863, 23982, 24026, 24099, 23903, 23876, 26201, 24646, 25058, 25505, 24903, 26610, 23744, 25548, 25624, 25501, 29423, 24596, 27340, 27290, 23792, 25202, 26220, 24496, 24472, 26930, 24244, 26778, 24514, 31849, 25418, 25547, 24123, 24314, 24400, 23974, 23803, 23879, 24647, 24210, 23976, 23839, 23770, 25004, 24002, 28806, 24092, 23980, 28154, 23910, 23909, 24101, 24101, 23903, 24217, 24542, 24396, 23931, 24177, 23831, 23749, 24755, 23880, 24127, 25614, 23825, 24599, 26650, 23688, 24057, 27683, 24625, 25855, 26037, 27995, 25948, 26192, 24175, 25646, 26818, 23903, 24551, 24029, 27465, 24181, 23828, 24249, 26005, 25439, 24100, 24283, 25845, 25743, 23957, 24243, 26417, 23990, 24278, 25538, 27180, 24544, 27087, 26765, 25512, 30738, 27360, 24807, 25158, 23723, 25797, 27480, 26344, 31863, 24818, 25904, 23857, 29857, 24608, 25947, 24873, 23821, 25189, 25235, 24431, 23884, 26133, 25360, 25080, 25633], "WindowCenter": [9761.0, 9747.0, 9778.0, 9736.0, 9728.0, 9748.0, 9727.0, 9710.0, 9739.0, 9729.0, 9741.0, 9754.0, 9767.0, 9761.0, 9783.0, 9759.0, 9755.0, 9770.0, 9770.0, 9770.0, 9808.0, 9786.0, 9777.0, 9762.0, 9742.0, 9748.0, 9755.0, 9767.0, 9742.0, 9729.0, 9737.0, 9747.0, 9767.0, 9766.0, 9757.0, 9748.0, 9767.0, 9749.0, 9781.0, 9740.0, 9759.0, 9753.0, 9760.0, 9755.0, 9766.0, 9746.0, 9746.0, 9759.0, 9757.0, 9774.0, 9771.0, 9779.0, 9756.0, 9733.0, 9736.0, 9740.0, 9717.0, 9744.0, 9739.0, 9729.0, 9749.0, 9744.0, 9753.0, 9755.0, 9736.0, 9755.0, 9759.0, 9746.0, 9754.0, 9731.0, 9758.0, 9781.0, 9771.0, 9767.0, 9787.0, 9775.0, 9765.0, 9734.0, 9749.0, 9736.0, 9742.0, 9754.0, 9753.0, 9749.0, 9760.0, 9761.0, 9755.0, 9746.0, 9751.0, 9745.0, 9767.0, 9767.0, 9771.0, 9750.0, 9743.0, 9720.0, 9749.0, 9707.0, 9713.0, 9715.0, 9726.0, 9742.0, 9741.0, 9724.0, 9755.0, 9748.0, 9754.0, 9744.0, 9763.0, 9755.0, 9747.0, 9752.0, 9760.0, 9774.0, 9761.0, 9743.0, 9766.0, 9762.0, 9743.0, 9773.0, 9747.0, 9737.0, 9735.0, 9755.0, 9755.0, 9758.0, 9746.0, 9745.0, 9729.0, 9736.0, 9747.0, 9741.0, 9743.0, 9747.0, 9749.0, 9734.0, 9724.0, 9759.0, 9733.0, 9738.0, 9722.0, 9754.0, 9706.0, 9731.0, 9720.0, 9735.0, 9732.0, 9717.0, 9718.0, 9708.0, 9721.0, 9718.0, 9709.0, 9693.0, 9693.0, 9740.0, 9710.0, 9727.0, 9729.0, 9749.0, 9772.0, 9764.0, 9771.0, 9786.0, 9764.0, 9759.0, 9748.0, 9737.0, 9728.0, 9714.0, 9737.0, 9730.0, 9722.0, 9705.0, 9728.0, 9708.0, 9718.0, 9747.0, 9746.0, 9735.0, 9688.0, 9708.0, 9721.0, 9720.0, 9699.0, 9707.0, 9700.0, 9716.0, 9707.0, 9714.0, 9742.0, 9730.0, 9749.0, 9752.0, 9719.0, 9732.0, 9728.0, 9733.0, 9742.0, 9748.0, 9741.0, 9754.0, 9754.0, 9720.0, 9741.0, 9738.0, 9705.0, 9703.0, 9712.0, 9718.0, 9742.0, 9732.0, 9743.0, 9731.0, 9723.0, 9726.0, 9722.0, 9712.0, 9718.0, 9707.0, 9722.0, 9728.0, 9710.0, 9751.0, 9714.0, 9717.0, 9738.0, 9735.0, 9734.0, 9739.0, 9710.0, 9713.0, 9721.0, 9703.0, 9711.0, 9727.0, 9736.0, 9749.0, 9721.0, 9725.0, 9721.0, 9724.0, 9723.0, 9721.0, 9739.0, 9744.0, 9707.0, 9728.0, 9730.0, 9716.0, 9733.0, 9761.0, 9717.0, 9703.0, 9723.0, 9712.0, 9719.0, 9718.0, 9688.0, 9721.0, 9677.0, 9705.0, 9706.0, 9719.0, 9702.0, 9709.0, 9748.0, 9715.0, 9733.0, 9722.0, 9742.0, 9715.0, 9708.0, 9725.0, 9711.0, 9696.0, 9702.0, 9690.0, 9714.0, 9737.0, 9733.0, 9735.0, 9723.0, 9730.0, 9699.0, 9714.0, 9714.0, 9737.0, 9723.0, 9732.0, 9726.0, 9731.0, 9706.0, 9690.0, 9713.0, 9705.0, 9696.0, 9708.0, 9709.0, 9708.0, 9717.0, 9715.0, 9706.0, 9715.0, 9711.0, 9708.0, 9726.0, 9722.0, 9710.0, 9716.0, 9721.0, 9710.0, 9707.0, 9704.0, 9731.0, 9741.0, 9739.0, 9724.0, 9727.0, 9743.0, 9729.0, 9744.0, 9724.0, 9731.0, 9720.0, 9720.0, 9752.0, 9743.0, 9736.0, 9720.0, 9725.0, 9737.0, 9759.0, 9758.0, 9736.0, 9720.0, 9720.0, 9701.0, 9728.0, 9715.0, 9722.0, 9708.0, 9696.0, 9716.0, 9704.0, 9700.0, 9700.0, 9708.0, 9703.0, 9708.0, 9731.0, 9711.0, 9706.0, 9707.0, 9712.0, 9710.0, 9723.0, 9714.0, 9715.0, 9719.0, 9717.0, 9725.0, 9741.0, 9735.0, 9743.0, 9706.0, 9717.0, 9725.0, 9734.0, 9705.0, 9700.0, 9724.0, 9705.0, 9714.0, 9727.0, 9716.0, 9720.0, 9677.0, 9707.0, 9690.0, 9696.0, 9695.0, 9683.0, 9685.0, 9686.0, 9700.0, 9698.0, 9693.0, 9704.0, 9702.0, 9695.0, 9677.0, 9714.0, 9702.0, 9717.0, 9744.0, 9704.0, 9732.0, 9735.0, 9709.0, 9728.0, 9718.0, 9735.0, 9732.0, 9725.0, 9751.0, 9724.0, 9739.0, 9723.0, 9711.0, 9701.0, 9721.0, 9707.0, 9723.0, 9715.0, 9714.0, 9724.0, 9727.0, 9749.0, 9708.0, 9695.0, 9699.0, 9701.0, 9671.0, 9692.0, 9689.0, 9678.0, 9690.0, 9695.0, 9698.0, 9690.0, 9689.0, 9703.0, 9702.0, 9722.0, 9713.0, 9705.0, 9719.0, 9689.0, 9681.0, 9675.0, 9677.0, 9680.0, 9691.0, 9690.0, 9689.0, 9697.0, 9676.0, 9697.0, 9708.0, 9711.0, 9694.0, 9707.0, 9706.0, 9726.0, 9709.0, 9728.0, 9720.0, 9699.0, 9714.0, 9703.0, 9722.0, 9722.0, 9734.0, 9722.0, 9707.0, 9726.0, 9698.0, 9711.0, 9681.0, 9690.0, 9663.0, 9697.0, 9704.0, 9680.0, 9708.0, 9702.0, 9699.0, 9691.0, 9687.0, 9711.0, 9700.0, 9697.0, 9704.0, 9705.0, 9688.0, 9707.0, 9713.0, 9729.0, 9716.0, 9745.0, 9726.0, 9699.0, 9726.0, 9705.0, 9714.0, 9709.0, 9711.0, 9719.0, 9729.0, 9710.0, 9744.0, 9715.0, 9681.0, 9697.0, 9707.0, 9697.0, 9689.0, 9684.0, 9693.0, 9684.0, 9693.0, 9698.0, 9676.0, 9681.0, 9679.0, 9698.0, 9702.0], "WindowWidth": [20649.0, 20619.0, 20674.0, 20589.0, 20568.0, 20599.0, 20559.0, 20528.0, 20583.0, 20569.0, 20601.0, 20626.0, 20652.0, 20643.0, 20683.0, 20637.0, 20635.0, 20664.0, 20662.0, 20666.0, 20733.0, 20691.0, 20676.0, 20648.0, 20610.0, 20616.0, 20625.0, 20649.0, 20601.0, 20575.0, 20591.0, 20611.0, 20658.0, 20653.0, 20638.0, 20618.0, 20650.0, 20615.0, 20672.0, 20599.0, 20640.0, 20626.0, 20637.0, 20628.0, 20646.0, 20607.0, 20607.0, 20640.0, 20634.0, 20666.0, 20659.0, 20671.0, 20625.0, 20581.0, 20588.0, 20595.0, 20552.0, 20599.0, 20590.0, 20574.0, 20612.0, 20602.0, 20621.0, 20632.0, 20593.0, 20623.0, 20630.0, 20606.0, 20619.0, 20576.0, 20630.0, 20679.0, 20667.0, 20659.0, 20692.0, 20667.0, 20643.0, 20585.0, 20612.0, 20590.0, 20600.0, 20622.0, 20621.0, 20611.0, 20629.0, 20630.0, 20621.0, 20613.0, 20615.0, 20605.0, 20645.0, 20645.0, 20651.0, 20611.0, 20597.0, 20556.0, 20606.0, 20534.0, 20540.0, 20544.0, 20562.0, 20590.0, 20590.0, 20561.0, 20619.0, 20609.0, 20627.0, 20606.0, 20641.0, 20627.0, 20613.0, 20622.0, 20636.0, 20663.0, 20639.0, 20604.0, 20647.0, 20634.0, 20598.0, 20651.0, 20606.0, 20593.0, 20587.0, 20624.0, 20620.0, 20625.0, 20599.0, 20600.0, 20574.0, 20584.0, 20605.0, 20598.0, 20598.0, 20602.0, 20614.0, 20580.0, 20565.0, 20626.0, 20580.0, 20584.0, 20554.0, 20611.0, 20520.0, 20568.0, 20551.0, 20580.0, 20570.0, 20541.0, 20545.0, 20526.0, 20548.0, 20541.0, 20526.0, 20497.0, 20498.0, 20588.0, 20524.0, 20561.0, 20574.0, 20615.0, 20665.0, 20650.0, 20662.0, 20685.0, 20639.0, 20627.0, 20606.0, 20583.0, 20572.0, 20541.0, 20583.0, 20570.0, 20552.0, 20519.0, 20566.0, 20526.0, 20545.0, 20601.0, 20596.0, 20573.0, 20485.0, 20520.0, 20544.0, 20544.0, 20503.0, 20515.0, 20503.0, 20536.0, 20519.0, 20534.0, 20596.0, 20572.0, 20609.0, 20617.0, 20556.0, 20574.0, 20576.0, 20579.0, 20594.0, 20609.0, 20594.0, 20618.0, 20618.0, 20551.0, 20589.0, 20582.0, 20517.0, 20513.0, 20532.0, 20551.0, 20592.0, 20575.0, 20594.0, 20573.0, 20554.0, 20559.0, 20552.0, 20531.0, 20543.0, 20525.0, 20547.0, 20559.0, 20527.0, 20600.0, 20534.0, 20545.0, 20592.0, 20582.0, 20578.0, 20587.0, 20534.0, 20537.0, 20552.0, 20519.0, 20537.0, 20573.0, 20583.0, 20601.0, 20552.0, 20555.0, 20546.0, 20561.0, 20554.0, 20552.0, 20585.0, 20594.0, 20525.0, 20562.0, 20568.0, 20539.0, 20574.0, 20623.0, 20542.0, 20512.0, 20549.0, 20528.0, 20547.0, 20543.0, 20483.0, 20544.0, 20464.0, 20512.0, 20515.0, 20545.0, 20513.0, 20527.0, 20603.0, 20545.0, 20572.0, 20550.0, 20591.0, 20545.0, 20524.0, 20553.0, 20526.0, 20496.0, 20507.0, 20490.0, 20538.0, 20590.0, 20582.0, 20578.0, 20554.0, 20564.0, 20507.0, 20533.0, 20537.0, 20583.0, 20562.0, 20576.0, 20563.0, 20571.0, 20520.0, 20484.0, 20526.0, 20510.0, 20489.0, 20515.0, 20520.0, 20516.0, 20540.0, 20538.0, 20521.0, 20534.0, 20529.0, 20528.0, 20558.0, 20547.0, 20523.0, 20534.0, 20541.0, 20523.0, 20524.0, 20516.0, 20565.0, 20586.0, 20587.0, 20556.0, 20562.0, 20598.0, 20565.0, 20591.0, 20558.0, 20571.0, 20555.0, 20551.0, 20608.0, 20594.0, 20577.0, 20547.0, 20556.0, 20578.0, 20625.0, 20622.0, 20579.0, 20548.0, 20547.0, 20511.0, 20557.0, 20535.0, 20545.0, 20520.0, 20495.0, 20535.0, 20514.0, 20504.0, 20506.0, 20520.0, 20508.0, 20522.0, 20566.0, 20528.0, 20521.0, 20521.0, 20525.0, 20526.0, 20549.0, 20533.0, 20535.0, 20545.0, 20544.0, 20553.0, 20581.0, 20573.0, 20587.0, 20524.0, 20543.0, 20556.0, 20574.0, 20521.0, 20509.0, 20554.0, 20518.0, 20534.0, 20556.0, 20532.0, 20534.0, 20455.0, 20517.0, 20477.0, 20485.0, 20485.0, 20463.0, 20465.0, 20471.0, 20496.0, 20491.0, 20488.0, 20506.0, 20504.0, 20492.0, 20457.0, 20527.0, 20512.0, 20542.0, 20590.0, 20522.0, 20575.0, 20575.0, 20527.0, 20560.0, 20544.0, 20576.0, 20566.0, 20556.0, 20606.0, 20562.0, 20583.0, 20553.0, 20527.0, 20507.0, 20541.0, 20516.0, 20544.0, 20533.0, 20541.0, 20551.0, 20559.0, 20592.0, 20514.0, 20485.0, 20496.0, 20496.0, 20439.0, 20482.0, 20477.0, 20456.0, 20478.0, 20491.0, 20501.0, 20485.0, 20479.0, 20506.0, 20503.0, 20537.0, 20524.0, 20508.0, 20532.0, 20477.0, 20461.0, 20449.0, 20447.0, 20456.0, 20481.0, 20475.0, 20478.0, 20498.0, 20453.0, 20493.0, 20515.0, 20521.0, 20493.0, 20518.0, 20519.0, 20559.0, 20521.0, 20554.0, 20544.0, 20503.0, 20530.0, 20512.0, 20545.0, 20545.0, 20569.0, 20544.0, 20517.0, 20555.0, 20500.0, 20520.0, 20463.0, 20477.0, 20423.0, 20488.0, 20507.0, 20463.0, 20516.0, 20508.0, 20500.0, 20486.0, 20479.0, 20521.0, 20501.0, 20502.0, 20518.0, 20510.0, 20481.0, 20517.0, 20527.0, 20559.0, 20545.0, 20589.0, 20554.0, 20505.0, 20551.0, 20509.0, 20530.0, 20518.0, 20520.0, 20540.0, 20557.0, 20523.0, 20585.0, 20532.0, 20463.0, 20495.0, 20514.0, 20491.0, 20473.0, 20467.0, 20487.0, 20468.0, 20483.0, 20494.0, 20454.0, 20459.0, 20460.0, 20496.0, 20505.0]}, "slices": {}}}