{
    "AcquisitionMatrixPE": 96,
    "AcquisitionNumber": 1,
    "AcquisitionTime": "07:45:19.507500",
    "BandwidthPerPixelPhaseEncode": 33.602,
    "BaseResolution": 96,
    "BodyPartExamined": "BRAIN",
    "ConsistencyInfo": "N4_VD11D_LATEST_20110129",
    "ConversionSoftware": "dcm2niix",
    "ConversionSoftwareVersion": "v1.0.20210317",
    "DerivedVendorReportedEchoSpacing": 0.000620003,
    "DeviceSerialNumber": "45239",
    "DwellTime": 2.6e-06,
    "EchoTime": 0.03,
    "EchoTrainLength": 48,
    "EffectiveEchoSpacing": 0.000310001,
    "FlipAngle": 63,
    "ImageComments": "Unaliased MB4/PE3",
    "ImageOrientationPatientDICOM": [
        0.999997,
        -0.000559364,
        0.00226189,
        0.00154363,
        0.886204,
        -0.463293
    ],
    "ImageType": [
        "ORIGINAL",
        "PRIMARY",
        "M",
        "ND",
        "NORM",
        "MOSAIC"
    ],
    "ImagingFrequency": 123.193,
    "InPlanePhaseEncodingDirectionDICOM": "COL",
    "InstitutionAddress": "E 24th St. 100,Austin,Southmiddle,US,78712",
    "InstitutionName": "Univ of Texas at Austin",
    "InstitutionalDepartmentName": "IRC",
    "MRAcquisitionType": "2D",
    "MagneticFieldStrength": 3,
    "Manufacturer": "Siemens",
    "ManufacturersModelName": "Skyra",
    "Modality": "MR",
    "MultibandAccelerationFactor": 4,
    "ParallelReductionFactorInPlane": 2,
    "PartialFourier": 1,
    "PatientPosition": "HFS",
    "PercentPhaseFOV": 100,
    "PercentSampling": 100,
    "PhaseEncodingDirection": "j-",
    "PhaseEncodingSteps": 96,
    "PhaseResolution": 1,
    "PixelBandwidth": 2005,
    "ProcedureStepDescription": "Poldrack2^self-scanning",
    "ProtocolName": "Breath_Hold",
    "PulseSequenceDetails": "%CustomerSeq%\\cmrr_mbep2d_bold",
    "ReceiveCoilActiveElements": "HEA;HEP",
    "ReceiveCoilName": "Head_32",
    "ReconMatrixPE": 96,
    "RefLinesPE": 94,
    "RepetitionTime": 1.16,
    "SAR": 0.0938311,
    "ScanOptions": "FS",
    "ScanningSequence": "EP",
    "SequenceName": "epfid2d1_96",
    "SequenceVariant": "SK",
    "SeriesDescription": "Breath_Hold",
    "SeriesNumber": 8,
    "ShimSetting": [
        -2811,
        7978,
        -15423,
        199,
        -259,
        -46,
        308,
        -86
    ],
    "SliceThickness": 2,
    "SliceTiming": [
        0,
        0.5,
        0.9975,
        0.3575,
        0.855,
        0.215,
        0.7125,
        0.0725,
        0.57,
        1.07,
        0.4275,
        0.9275,
        0.285,
        0.785,
        0.1425,
        0.6425,
        0,
        0.5,
        0.9975,
        0.3575,
        0.855,
        0.215,
        0.7125,
        0.0725,
        0.57,
        1.07,
        0.4275,
        0.9275,
        0.285,
        0.785,
        0.1425,
        0.6425,
        0,
        0.5,
        0.9975,
        0.3575,
        0.855,
        0.215,
        0.7125,
        0.0725,
        0.57,
        1.07,
        0.4275,
        0.9275,
        0.285,
        0.785,
        0.1425,
        0.6425,
        0,
        0.5,
        0.9975,
        0.3575,
        0.855,
        0.215,
        0.7125,
        0.0725,
        0.57,
        1.07,
        0.4275,
        0.9275,
        0.285,
        0.785,
        0.1425,
        0.6425
    ],
    "SoftwareVersions": "syngo MR D11",
    "SpacingBetweenSlices": 2.4,
    "StationName": "AWP45239",
    "TaskName": "Breath holding task",
    "TotalReadoutTime": 0.0294501,
    "TxRefAmp": 334.309,
    "WipMemBlock": "e876ac50-3ce6-49bc-b03d-bd229c1dd427||Sequence: VD11D r206; Feb 13 2013 18:52:04 by eja",
    "dcmmeta_affine": [
        [
            -2.395826816558838,
            0.0036982835736125708,
            0.004188827238976955,
            118.44811248779297
        ],
        [
            0.0013401418691501021,
            2.123196601867676,
            -1.1119087934494019,
            -79.45734405517578
        ],
        [
            0.005419107154011726,
            1.1099729537963867,
            2.126885414123535,
            -76.36090087890625
        ],
        [
            0.0,
            0.0,
            0.0,
            1.0
        ]
    ],
    "dcmmeta_reorient_transform": [
        [
            0.0,
            -1.0,
            0.0,
            95.0
        ],
        [
            1.0,
            0.0,
            0.0,
            0.0
        ],
        [
            0.0,
            0.0,
            1.0,
            0.0
        ],
        [
            0.0,
            0.0,
            0.0,
            1.0
        ]
    ],
    "dcmmeta_shape": [
        96,
        96,
        64,
        318
    ],
    "dcmmeta_slice_dim": 2,
    "dcmmeta_version": 0.6,
    "global": {
        "const": {
            "AcquisitionMatrix": [
                96,
                0,
                0,
                96
            ],
            "AngioFlag": "N",
            "BitsAllocated": 16,
            "BitsStored": 16,
            "BodyPartExamined": "BRAIN",
            "Columns": 768,
            "EchoNumbers": 1,
            "EchoTime": 30.0,
            "EchoTrainLength": 48,
            "FlipAngle": 63.0,
            "HighBit": 15,
            "ImageOrientationPatient": [
                0.99999728548321,
                -0.0005593635795,
                0.00226188827969,
                0.0015436314887,
                0.88620378177291,
                -0.4632930761119
            ],
            "ImagePositionPatient": [
                -925.03985812287,
                -835.19005641441,
                400.21662040173
            ],
            "ImageType": [
                "ORIGINAL",
                "PRIMARY",
                "M",
                "ND",
                "NORM",
                "MOSAIC"
            ],
            "ImagedNucleus": "1H",
            "ImagingFrequency": 123.193203,
            "InPlanePhaseEncodingDirection": "COL",
            "MRAcquisitionType": "2D",
            "MagneticFieldStrength": 3.0,
            "Manufacturer": "SIEMENS",
            "ManufacturerModelName": "Skyra",
            "Modality": "MR",
            "NumberOfAverages": 1.0,
            "NumberOfPhaseEncodingSteps": 96,
            "PercentPhaseFieldOfView": 100.0,
            "PercentSampling": 100.0,
            "PerformedProcedureStepStartTime": "072317.093000",
            "PhotometricInterpretation": "MONOCHROME2",
            "PixelBandwidth": 2005.0,
            "PixelRepresentation": 0,
            "PixelSpacing": [
                2.3958332538605,
                2.3958332538605
            ],
            "ProtocolName": "Breath_Hold",
            "RepetitionTime": 1160.0,
            "Rows": 768,
            "SAR": 0.09383106373032,
            "SamplesPerPixel": 1,
            "ScanOptions": "FS",
            "ScanningSequence": "EP",
            "SequenceName": "epfid2d1_96",
            "SequenceVariant": "SK",
            "SeriesDescription": "Breath_Hold",
            "SeriesNumber": 8,
            "SeriesTime": "074557.609000",
            "SliceLocation": -30.652257391269,
            "SliceThickness": 2.0,
            "SmallestImagePixelValue": 0,
            "SoftwareVersions": "syngo MR D11",
            "SpacingBetweenSlices": 2.4000000361328,
            "SpecificCharacterSet": "ISO_IR 100",
            "StudyID": "1",
            "StudyTime": "072316.953000",
            "TransmitCoilName": "Body",
            "VariableFlipAngleFlag": "N",
            "WindowCenterWidthExplanation": "Algo1",
            "dBdt": 0.0
        },
