{"AcquisitionMatrixPE": 128, "AcquisitionNumber": 1, "AcquisitionTime": "07:45:35.267500", "BandwidthPerPixelPhaseEncode": 20.292, "BaseResolution": 128, "BodyPartExamined": "BRAIN", "ConsistencyInfo": "N4_VD11D_LATEST_20110129", "ConversionSoftware": "dcm2niix", "ConversionSoftwareVersion": "v1.0.20210317", "DerivedVendorReportedEchoSpacing": 0.000770008, "DeviceSerialNumber": "45239", "DiffusionScheme": "Monopolar", "DwellTime": 2.4e-06, "EchoTime": 0.092, "EchoTrainLength": 51, "EffectiveEchoSpacing": 0.000385004, "FlipAngle": 90, "ImageComments": "Unaliased MB3/PE3", "ImageOrientationPatientDICOM": [1, -2.05103e-10, 0, 2.05103e-10, 1, 0], "ImageType": ["ORIGINAL", "PRIMARY", "DIFFUSION", "NONE", "ND", "NORM", "MOSAIC"], "ImagingFrequency": 123.193, "InPlanePhaseEncodingDirectionDICOM": "ROW", "InstitutionAddress": "E 24th St. 100,Austin,Southmiddle,US,78712", "InstitutionName": "Univ of Texas at Austin", "InstitutionalDepartmentName": "IRC", "MRAcquisitionType": "2D", "MagneticFieldStrength": 3, "Manufacturer": "Siemens", "ManufacturersModelName": "Skyra", "Modality": "MR", "MultibandAccelerationFactor": 3, "ParallelReductionFactorInPlane": 2, "PartialFourier": 0.75, "PatientPosition": "HFS", "PercentPhaseFOV": 100, "PercentSampling": 100, "PhaseEncodingDirection": "i", "PhaseEncodingSteps": 102, "PhaseResolution": 1, "PixelBandwidth": 1630, "ProcedureStepDescription": "Poldrack2^self-scanning", "ProtocolName": "MBEPI with MDDW R-L", "PulseSequenceDetails": "%CustomerSeq%\\cmrr_mbep2d_diff", "ReceiveCoilActiveElements": "HEA;HEP", "ReceiveCoilName": "Head_32", "ReconMatrixPE": 128, "RefLinesPE": 76, "RepetitionTime": 5, "SAR": 0.150033, "ScanOptions": "PFP\\FS", "ScanningSequence": "EP", "SequenceName": "ep_b5#1", "SequenceVariant": "SK", "SeriesDescription": "MBEPI with MDDW R-L", "SeriesNumber": 13, "ShimSetting": [-2755, 8009, -15459, 114, -136, -5, 279, -85], "SliceThickness": 1.7, "SliceTiming": [0, 3.6525, 2.3075, 0.96, 4.615, 3.2675, 1.9225, 0.5775, 4.23, 2.885, 1.5375, 0.1925, 3.845, 2.5, 1.1525, 4.8075, 3.46, 2.115, 0.7675, 4.4225, 3.075, 1.73, 0.385, 4.0375, 2.6925, 1.345, 0, 3.6525, 2.3075, 0.96, 4.615, 3.2675, 1.9225, 0.5775, 4.23, 2.885, 1.5375, 0.1925, 3.845, 2.5, 1.1525, 4.8075, 3.46, 2.115, 0.7675, 4.4225, 3.075, 1.73, 0.385, 4.0375, 2.6925, 1.345, 0, 3.6525, 2.3075, 0.96, 4.615, 3.2675, 1.9225, 0.5775, 4.23, 2.885, 1.5375, 0.1925, 3.845, 2.5, 1.1525, 4.8075, 3.46, 2.115, 0.7675, 4.4225, 3.075, 1.73, 0.385, 4.0375, 2.6925, 1.345], "SoftwareVersions": "syngo MR D11", "SpacingBetweenSlices": 1.7, "StationName": "AWP45239", "TotalReadoutTime": 0.0488955, "TxRefAmp": 351.777, "WipMemBlock": "a4a8ba6b-ccd1-4c62-ad9a-46f15f305c57||Sequence: VD11D r154; May 23 2012 22:28:10 by eja", "dcmmeta_affine": [[-1.7421875, 3.573285833891049e-10, 0.0, 113.31597900390625], [3.573285833891049e-10, 1.7421875, 0.0, -109.7578125], [0.0, 0.0, 1.7000000476837158, -15.207869529724121], [0.0, 0.0, 0.0, 1.0]], "dcmmeta_reorient_transform": [[0.0, -1.0, 0.0, 127.0], [1.0, 0.0, 0.0, 0.0], [0.0, 0.0, 1.0, 0.0], [0.0, 0.0, 0.0, 1.0]], "dcmmeta_shape": [128, 128, 78, 64], "dcmmeta_slice_dim": 2, "dcmmeta_version": 0.6, "global": {"const": {"AcquisitionMatrix": [0, 128, 128, 0], "AngioFlag": "N", "BitsAllocated": 16, "BitsStored": 16, "BodyPartExamined": "BRAIN", "Columns": 1152, "EchoNumbers": 1, "EchoTime": 92.0, "EchoTrainLength": 51, "FlipAngle": 90.0, "HighBit": 15, "ImageOrientationPatient": [1.0, -2.051034e-10, 0.0, 2.051034e-10, 1.0, 0.0], "ImagePositionPatient": [-1005.3159808787, -1003.4999997942, -15.207869529724], "ImageType": ["ORIGINAL", "PRIMARY", "DIFFUSION", "NONE", "ND", "NORM", "MOSAIC"], "ImagedNucleus": "1H", "ImagingFrequency": 123.193345, "InPlanePhaseEncodingDirection": "ROW", "MRAcquisitionType": "2D", "MagneticFieldStrength": 3.0, "Manufacturer": "SIEMENS", "ManufacturerModelName": "Skyra", "Modality": "MR", "NumberOfAverages": 1.0, "NumberOfPhaseEncodingSteps": 102, "PercentPhaseFieldOfView": 100.0, "PercentSampling": 100.0, "PerformedProcedureStepStartTime": "071028.078000", "PhotometricInterpretation": "MONOCHROME2", "PixelBandwidth": 1630.0, "PixelRepresentation": 0, "PixelSpacing": [1.7421875, 1.7421875], "ProtocolName": "MBEPI with MDDW R-L", "RepetitionTime": 5000.0, "Rows": 1152, "SAR": 0.15003297905683, "SamplesPerPixel": 1, "ScanOptions": ["PFP", "FS"], "ScanningSequence": "EP", "SequenceVariant": "SK", "SeriesDescription": "MBEPI with MDDW R-L", "SeriesNumber": 13, "SeriesTime": "074710.203000", "SliceLocation": -15.207869529724, "SliceThickness": 1.7000000476837, "SmallestImagePixelValue": 0, "SoftwareVersions": "syngo MR D11", "SpacingBetweenSlices": 1.7000000074312, "SpecificCharacterSet": "ISO_IR 100", "StudyID": "1", "StudyTime": "071028.031000", "TransmitCoilName": "Body", "VariableFlipAngleFlag": "N", "WindowCenterWidthExplanation": "Algo1", "dBdt": 0.0}, "slices": {}}, "time": {"samples": {"AcquisitionNumber": [1, 2, 3, 4, 5, 6, 7, 8, 9, 10, 11, 12, 13, 14, 15, 16, 17, 18, 19, 20, 21, 22, 23, 24, 25, 26, 27, 28, 29, 30, 31, 32, 33, 34, 35, 36, 37, 38, 39, 40, 41, 42, 43, 44, 45, 46, 47, 48, 49, 50, 51, 52, 53, 54, 55, 56, 57, 58, 59, 60, 61, 62, 63, 64], "AcquisitionTime": ["074535.267500", "074705.267500", "074710.267500", "074715.267500", "074720.267500", "074725.267500", "074730.267500", "074735.267500", "074740.267500", "074745.267500", "074750.267500", "074755.267500", "074800.267500", "074805.267500", "074810.267500", "074815.267500", "074820.267500", "074825.267500", "074830.267500", "074835.267500", "074840.267500", "074845.267500", "074850.267500", "074855.267500", "074900.267500", "074905.267500", "074910.267500", "074915.267500", "074920.267500", "074925.267500", "074930.267500", "074935.267500", "074940.267500", "074945.267500", "074950.267500", "074955.267500", "075000.267500", "075005.267500", "075010.267500", "075015.267500", "075020.267500", "075025.267500", "075030.267500", "075035.267500", "075040.267500", "075045.267500", "075050.267500", "075055.267500", "075100.267500", "075105.267500", "075110.267500", "075115.267500", "075120.267500", "075125.267500", "075130.267500", "075135.267500", "075140.267500", "075145.267500", "075150.267500", "075155.267500", "075200.267500", "075205.267500", "075210.267500", "075215.267500"], "ContentTime": ["074710.203000", "074718.656000", "074718.656000", "074723.656000", "074728.656000", "074733.656000", "074738.656000", "074743.656000", "074748.656000", "074753.656000", "074758.656000", "074803.656000", "074808.656000", "074813.656000", "074818.656000", "074823.656000", "074828.656000", "074833.656000", "074838.656000", "074843.656000", "074848.656000", "074853.656000", "074858.656000", "074903.656000", "074908.656000", "074913.656000", "074918.656000", "074923.656000", "074928.656000", "074933.656000", "074938.656000", "074943.656000", "074948.656000", "074953.656000", "074958.656000", "075003.656000", "075008.656000", "075013.656000", "075018.656000", "075023.656000", "075028.656000", "075033.656000", "075038.656000", "075043.656000", "075048.656000", "075053.656000", "075058.656000", "075103.656000", "075108.656000", "075113.656000", "075118.656000", "075123.656000", "075128.656000", "075133.656000", "075138.656000", "075143.656000", "075148.656000", "075153.656000", "075158.656000", "075203.656000", "075208.656000", "075213.656000", "075218.656000", "075220.843000"], "InstanceCreationTime": ["074710.203000", "074718.656000", "074718.656000", "074723.656000", "074728.656000", "074733.656000", "074738.656000", "074743.656000", "074748.656000", "074753.656000", "074758.656000", "074803.656000", "074808.656000", "074813.656000", "074818.656000", "074823.656000", "074828.656000", "074833.656000", "074838.656000", "074843.656000", "074848.656000", "074853.656000", "074858.656000", "074903.656000", "074908.656000", "074913.656000", "074918.656000", "074923.656000", "074928.656000", "074933.656000", "074938.656000", "074943.656000", "074948.656000", "074953.656000", "074958.656000", "075003.656000", "075008.656000", "075013.656000", "075018.656000", "075023.656000", "075028.656000", "075033.656000", "075038.656000", "075043.656000", "075048.656000", "075053.656000", "075058.656000", "075103.656000", "075108.656000", "075113.656000", "075118.656000", "075123.656000", "075128.656000", "075133.656000", "075138.656000", "075143.656000", "075148.656000", "075153.656000", "075158.656000", "075203.656000", "075208.656000", "075213.656000", "075218.656000", "075220.843000"], "InstanceNumber": [1, 2, 3, 4, 5, 6, 7, 8, 9, 10, 11, 12, 13, 14, 15, 16, 17, 18, 19, 20, 21, 22, 23, 24, 25, 26, 27, 28, 29, 30, 31, 32, 33, 34, 35, 36, 37, 38, 39, 40, 41, 42, 43, 44, 45, 46, 47, 48, 49, 50, 51, 52, 53, 54, 55, 56, 57, 58, 59, 60, 61, 62, 63, 64], "LargestImagePixelValue": [65535, 18336, 19622, 21090, 16960, 16318, 19321, 18354, 19589, 18505, 18387, 18338, 20505, 18783, 19932, 19779, 65535, 18927, 18224, 18163, 18741, 20864, 21153, 19954, 18082, 17324, 17996, 21008, 19806, 20028, 19423, 20716, 65535, 10060, 9937, 12154, 8978, 8633, 10889, 9734, 9860, 10256, 10181, 9597, 11464, 10678, 11907, 12034, 65535, 11131, 9873, 10477, 10569, 12286, 11240, 10173, 8921, 8989, 9979, 12108, 11250, 11560, 10373, 11819], "SequenceName": ["ep_b5#1", "ep_b995#2", "ep_b995#3", "ep_b995#4", "ep_b995#5", "ep_b1000#6", "ep_b1000#7", "ep_b995#8", "ep_b995#9", "ep_b995#10", "ep_b1000#11", "ep_b1000#12", "ep_b1005#13", "ep_b1005#14", "ep_b1000#15", "ep_b1005#16", "ep_b5#17", "ep_b1005#18", "ep_b1000#19", "ep_b1005#20", "ep_b1005#21", "ep_b995#22", "ep_b1005#23", "ep_b1000#24", "ep_b1000#25", "ep_b1000#26", "ep_b995#27", "ep_b995#28", "ep_b995#29", "ep_b1000#30", "ep_b1005#31", "ep_b1000#32", "ep_b5#1", "ep_b1990#2", "ep_b1990#3", "ep_b1990#4", "ep_b1995#5", "ep_b1995#6", "ep_b2000#7", "ep_b1995#8", "ep_b1990#9", "ep_b1995#10", "ep_b2000#11", "ep_b2000#12", "ep_b2010#13", "ep_b2005#14", "ep_b2000#15", "ep_b2005#16", "ep_b5#17", "ep_b2005#18", "ep_b2005#19", "ep_b2005#20", "ep_b2010#21", "ep_b1990#22", "ep_b2010#23", "ep_b2000#24", "ep_b2000#25", "ep_b1995#26", "ep_b1995#27", "ep_b1995#28", "ep_b1995#29", "ep_b2000#30", "ep_b2005#31", "ep_b2000#32"], "WindowCenter": [7784.0, 3452.0, 3428.0, 3487.0, 3436.0, 3477.0, 3532.0, 3478.0, 3491.0, 3506.0, 3510.0, 3517.0, 3494.0, 3539.0, 3539.0, 3554.0, 7831.0, 3495.0, 3503.0, 3457.0, 3472.0, 3529.0, 3474.0, 3471.0, 3483.0, 3465.0, 3428.0, 3500.0, 3461.0, 3476.0, 3488.0, 3525.0, 7823.0, 2250.0, 2243.0, 2315.0, 2240.0, 2258.0, 2342.0, 2296.0, 2299.0, 2345.0, 2330.0, 2289.0, 2343.0, 2361.0, 2392.0, 2389.0, 7816.0, 2330.0, 2320.0, 2301.0, 2332.0, 2348.0, 2319.0, 2287.0, 2266.0, 2242.0, 2226.0, 2334.0, 2284.0, 2289.0, 2340.0, 2350.0], "WindowWidth": [17010.0, 7886.0, 7846.0, 7970.0, 7851.0, 7927.0, 8033.0, 7931.0, 7958.0, 7986.0, 8001.0, 8005.0, 7969.0, 8057.0, 8061.0, 8089.0, 17112.0, 7972.0, 7978.0, 7904.0, 7930.0, 8046.0, 7943.0, 7922.0, 7948.0, 7905.0, 7845.0, 7990.0, 7914.0, 7940.0, 7964.0, 8044.0, 17099.0, 5458.0, 5452.0, 5598.0, 5450.0, 5491.0, 5653.0, 5556.0, 5565.0, 5664.0, 5635.0, 5565.0, 5653.0, 5694.0, 5767.0, 5754.0, 17080.0, 5633.0, 5630.0, 5573.0, 5633.0, 5674.0, 5615.0, 5548.0, 5524.0, 5458.0, 5418.0, 5645.0, 5534.0, 5550.0, 5667.0, 5682.0]}, "slices": {}}}