{"AcquisitionMatrixPE": 128, "AcquisitionNumber": 1, "AcquisitionTime": "07:53:16.155000", "BandwidthPerPixelPhaseEncode": 20.292, "BaseResolution": 128, "BodyPartExamined": "BRAIN", "ConsistencyInfo": "N4_VD11D_LATEST_20110129", "ConversionSoftware": "dcm2niix", "ConversionSoftwareVersion": "v1.0.20210317", "DerivedVendorReportedEchoSpacing": 0.000770008, "DeviceSerialNumber": "45239", "DiffusionScheme": "Monopolar", "DwellTime": 2.4e-06, "EchoTime": 0.092, "EchoTrainLength": 51, "EffectiveEchoSpacing": 0.000385004, "FlipAngle": 90, "ImageComments": "Unaliased MB3/PE3", "ImageOrientationPatientDICOM": [1, -1e-16, 0, 1e-16, 1, 0], "ImageType": ["ORIGINAL", "PRIMARY", "DIFFUSION", "NONE", "ND", "NORM", "MOSAIC"], "ImagingFrequency": 123.193, "InPlanePhaseEncodingDirectionDICOM": "ROW", "InstitutionAddress": "E 24th St. 100,Austin,Southmiddle,US,78712", "InstitutionName": "Univ of Texas at Austin", "InstitutionalDepartmentName": "IRC", "MRAcquisitionType": "2D", "MagneticFieldStrength": 3, "Manufacturer": "Siemens", "ManufacturersModelName": "Skyra", "Modality": "MR", "MultibandAccelerationFactor": 3, "ParallelReductionFactorInPlane": 2, "PartialFourier": 0.75, "PatientPosition": "HFS", "PercentPhaseFOV": 100, "PercentSampling": 100, "PhaseEncodingDirection": "i-", "PhaseEncodingSteps": 102, "PhaseResolution": 1, "PixelBandwidth": 1630, "ProcedureStepDescription": "Poldrack2^self-scanning", "ProtocolName": "MBEPI with MDDW L-R", "PulseSequenceDetails": "%CustomerSeq%\\cmrr_mbep2d_diff", "ReceiveCoilActiveElements": "HEA;HEP", "ReceiveCoilName": "Head_32", "ReconMatrixPE": 128, "RefLinesPE": 76, "RepetitionTime": 5, "SAR": 0.150033, "ScanOptions": "PFP\\FS", "ScanningSequence": "EP", "SequenceName": "ep_b5#1", "SequenceVariant": "SK", "SeriesDescription": "MBEPI with MDDW L-R", "SeriesNumber": 16, "ShimSetting": [-2755, 8009, -15459, 114, -136, -5, 279, -85], "SliceThickness": 1.7, "SliceTiming": [0, 3.655, 2.3075, 0.9625, 4.615, 3.27, 1.925, 0.5775, 4.2325, 2.885, 1.54, 0.1925, 3.8475, 2.5, 1.155, 4.8075, 3.4625, 2.115, 0.77, 4.4225, 3.0775, 1.7325, 0.385, 4.04, 2.6925, 1.3475, 0, 3.655, 2.3075, 0.9625, 4.615, 3.27, 1.925, 0.5775, 4.2325, 2.885, 1.54, 0.1925, 3.8475, 2.5, 1.155, 4.8075, 3.4625, 2.115, 0.77, 4.4225, 3.0775, 1.7325, 0.385, 4.04, 2.6925, 1.3475, 0, 3.655, 2.3075, 0.9625, 4.615, 3.27, 1.925, 0.5775, 4.2325, 2.885, 1.54, 0.1925, 3.8475, 2.5, 1.155, 4.8075, 3.4625, 2.115, 0.77, 4.4225, 3.0775, 1.7325, 0.385, 4.04, 2.6925, 1.3475], "SoftwareVersions": "syngo MR D11", "SpacingBetweenSlices": 1.7, "StationName": "AWP45239", "TotalReadoutTime": 0.0488955, "TxRefAmp": 351.777, "WipMemBlock": "4b9159da-ddea-4287-b362-6936e90df3f5||Sequence: VD11D r154; May 23 2012 22:28:10 by eja", "dcmmeta_affine": [[-1.7421875, 1.7421875567777916e-16, 0.0, 113.31597900390625], [1.7421875567777916e-16, 1.7421875, 0.0, -109.7578125], [0.0, 0.0, 1.7000000476837158, -15.207869529724121], [0.0, 0.0, 0.0, 1.0]], "dcmmeta_reorient_transform": [[0.0, -1.0, 0.0, 127.0], [1.0, 0.0, 0.0, 0.0], [0.0, 0.0, 1.0, 0.0], [0.0, 0.0, 0.0, 1.0]], "dcmmeta_shape": [128, 128, 78, 64], "dcmmeta_slice_dim": 2, "dcmmeta_version": 0.6, "global": {"const": {"AcquisitionMatrix": [0, 128, 128, 0], "AngioFlag": "N", "BitsAllocated": 16, "BitsStored": 16, "BodyPartExamined": "BRAIN", "Columns": 1152, "EchoNumbers": 1, "EchoTime": 92.0, "EchoTrainLength": 51, "FlipAngle": 90.0, "HighBit": 15, "ImageOrientationPatient": [1.0, -1e-16, 0.0, 1e-16, 1.0, 0.0], "ImagePositionPatient": [-1005.3159806728, -1003.5, -15.207869529724], "ImageType": ["ORIGINAL", "PRIMARY", "DIFFUSION", "NONE", "ND", "NORM", "MOSAIC"], "ImagedNucleus": "1H", "ImagingFrequency": 123.193355, "InPlanePhaseEncodingDirection": "ROW", "MRAcquisitionType": "2D", "MagneticFieldStrength": 3.0, "Manufacturer": "SIEMENS", "ManufacturerModelName": "Skyra", "Modality": "MR", "NumberOfAverages": 1.0, "NumberOfPhaseEncodingSteps": 102, "PercentPhaseFieldOfView": 100.0, "PercentSampling": 100.0, "PerformedProcedureStepStartTime": "071028.078000", "PhotometricInterpretation": "MONOCHROME2", "PixelBandwidth": 1630.0, "PixelRepresentation": 0, "PixelSpacing": [1.7421875, 1.7421875], "ProtocolName": "MBEPI with MDDW L-R", "RepetitionTime": 5000.0, "Rows": 1152, "SAR": 0.15003297905683, "SamplesPerPixel": 1, "ScanOptions": ["PFP", "FS"], "ScanningSequence": "EP", "SequenceVariant": "SK", "SeriesDescription": "MBEPI with MDDW L-R", "SeriesNumber": 16, "SeriesTime": "075450.234000", "SliceLocation": -15.207869529724, "SliceThickness": 1.7000000476837, "SmallestImagePixelValue": 0, "SoftwareVersions": "syngo MR D11", "SpacingBetweenSlices": 1.7000000074312, "SpecificCharacterSet": "ISO_IR 100", "StudyID": "1", "StudyTime": "071028.031000", "TransmitCoilName": "Body", "VariableFlipAngleFlag": "N", "WindowCenterWidthExplanation": "Algo1", "dBdt": 0.0}, "slices": {}}, "time": {"samples": {"AcquisitionNumber": [1, 2, 3, 4, 5, 6, 7, 8, 9, 10, 11, 12, 13, 14, 15, 16, 17, 18, 19, 20, 21, 22, 23, 24, 25, 26, 27, 28, 29, 30, 31, 32, 33, 34, 35, 36, 37, 38, 39, 40, 41, 42, 43, 44, 45, 46, 47, 48, 49, 50, 51, 52, 53, 54, 55, 56, 57, 58, 59, 60, 61, 62, 63, 64], "AcquisitionTime": ["075316.155000", "075446.155000", "075451.155000", "075456.155000", "075501.155000", "075506.155000", "075511.155000", "075516.155000", "075521.155000", "075526.155000", "075531.155000", "075536.155000", "075541.155000", "075546.155000", "075551.155000", "075556.155000", "075601.155000", "075606.155000", "075611.155000", "075616.155000", "075621.155000", "075626.155000", "075631.155000", "075636.155000", "075641.155000", "075646.155000", "075651.155000", "075656.155000", "075701.155000", "075706.155000", "075711.155000", "075716.155000", "075721.155000", "075726.155000", "075731.155000", "075736.155000", "075741.155000", "075746.155000", "075751.155000", "075756.155000", "075801.155000", "075806.155000", "075811.155000", "075816.155000", "075821.155000", "075826.155000", "075831.155000", "075836.155000", "075841.155000", "075846.155000", "075851.155000", "075856.155000", "075901.155000", "075906.155000", "075911.155000", "075916.155000", "075921.155000", "075926.155000", "075931.155000", "075936.155000", "075941.155000", "075946.155000", "075951.155000", "075956.155000"], "ContentTime": ["075450.234000", "075458.500000", "075458.515000", "075503.500000", "075508.500000", "075513.500000", "075518.500000", "075523.500000", "075528.500000", "075533.500000", "075538.500000", "075543.500000", "075548.500000", "075553.500000", "075558.500000", "075603.500000", "075608.500000", "075613.500000", "075618.500000", "075623.500000", "075628.500000", "075633.500000", "075638.500000", "075643.500000", "075648.500000", "075653.500000", "075658.500000", "075703.500000", "075708.500000", "075713.500000", "075718.500000", "075723.500000", "075728.500000", "075733.500000", "075738.500000", "075743.500000", "075748.500000", "075753.500000", "075758.500000", "075803.500000", "075808.500000", "075813.500000", "075818.500000", "075823.500000", "075828.500000", "075833.500000", "075838.500000", "075843.500000", "075848.500000", "075853.500000", "075858.500000", "075903.500000", "075908.500000", "075913.500000", "075918.500000", "075923.500000", "075928.500000", "075933.500000", "075938.500000", "075943.500000", "075948.515000", "075953.500000", "075958.500000", "080002.484000"], "InstanceCreationTime": ["075450.234000", "075458.500000", "075458.515000", "075503.500000", "075508.500000", "075513.500000", "075518.500000", "075523.500000", "075528.500000", "075533.500000", "075538.500000", "075543.500000", "075548.500000", "075553.500000", "075558.500000", "075603.500000", "075608.500000", "075613.500000", "075618.500000", "075623.500000", "075628.500000", "075633.500000", "075638.500000", "075643.500000", "075648.500000", "075653.500000", "075658.500000", "075703.500000", "075708.500000", "075713.500000", "075718.500000", "075723.500000", "075728.500000", "075733.500000", "075738.500000", "075743.500000", "075748.500000", "075753.500000", "075758.500000", "075803.500000", "075808.500000", "075813.500000", "075818.500000", "075823.500000", "075828.500000", "075833.500000", "075838.500000", "075843.500000", "075848.500000", "075853.500000", "075858.500000", "075903.500000", "075908.500000", "075913.500000", "075918.500000", "075923.500000", "075928.500000", "075933.500000", "075938.500000", "075943.500000", "075948.515000", "075953.500000", "075958.500000", "080002.484000"], "InstanceNumber": [1, 2, 3, 4, 5, 6, 7, 8, 9, 10, 11, 12, 13, 14, 15, 16, 17, 18, 19, 20, 21, 22, 23, 24, 25, 26, 27, 28, 29, 30, 31, 32, 33, 34, 35, 36, 37, 38, 39, 40, 41, 42, 43, 44, 45, 46, 47, 48, 49, 50, 51, 52, 53, 54, 55, 56, 57, 58, 59, 60, 61, 62, 63, 64], "LargestImagePixelValue": [61783, 25226, 25425, 27629, 24078, 22774, 23318, 24042, 27131, 26348, 23736, 21723, 25028, 25321, 24990, 26045, 65509, 24859, 21859, 26561, 26288, 26714, 26787, 23522, 21610, 22056, 23095, 27202, 25422, 24545, 25250, 25114, 65535, 13659, 15152, 15348, 12041, 11529, 12850, 13043, 14730, 14054, 12153, 10700, 14047, 12815, 15024, 14562, 65535, 12721, 11259, 14085, 14451, 14272, 15236, 12923, 10208, 10741, 13256, 14594, 14938, 12109, 14560, 14902], "SequenceName": ["ep_b5#1", "ep_b995#2", "ep_b995#3", "ep_b995#4", "ep_b995#5", "ep_b1000#6", "ep_b1000#7", "ep_b995#8", "ep_b995#9", "ep_b995#10", "ep_b1000#11", "ep_b1000#12", "ep_b1005#13", "ep_b1005#14", "ep_b1000#15", "ep_b1005#16", "ep_b5#17", "ep_b1005#18", "ep_b1000#19", "ep_b1005#20", "ep_b1005#21", "ep_b995#22", "ep_b1005#23", "ep_b1000#24", "ep_b1000#25", "ep_b1000#26", "ep_b995#27", "ep_b995#28", "ep_b995#29", "ep_b1000#30", "ep_b1005#31", "ep_b1000#32", "ep_b5#1", "ep_b1990#2", "ep_b1990#3", "ep_b1990#4", "ep_b1995#5", "ep_b1995#6", "ep_b2000#7", "ep_b1995#8", "ep_b1990#9", "ep_b1995#10", "ep_b2000#11", "ep_b2000#12", "ep_b2010#13", "ep_b2005#14", "ep_b2000#15", "ep_b2005#16", "ep_b5#17", "ep_b2005#18", "ep_b2005#19", "ep_b2005#20", "ep_b2010#21", "ep_b1990#22", "ep_b2010#23", "ep_b2000#24", "ep_b2000#25", "ep_b1995#26", "ep_b1995#27", "ep_b1995#28", "ep_b1995#29", "ep_b2000#30", "ep_b2005#31", "ep_b2000#32"], "WindowCenter": [7786.0, 3485.0, 3492.0, 3537.0, 3479.0, 3490.0, 3503.0, 3497.0, 3502.0, 3541.0, 3525.0, 3496.0, 3542.0, 3527.0, 3547.0, 3531.0, 7787.0, 3551.0, 3533.0, 3577.0, 3563.0, 3555.0, 3526.0, 3517.0, 3517.0, 3476.0, 3459.0, 3562.0, 3504.0, 3533.0, 3579.0, 3609.0, 7810.0, 2312.0, 2306.0, 2358.0, 2280.0, 2300.0, 2347.0, 2318.0, 2348.0, 2366.0, 2330.0, 2320.0, 2373.0, 2360.0, 2391.0, 2375.0, 7834.0, 2376.0, 2349.0, 2400.0, 2388.0, 2378.0, 2389.0, 2343.0, 2305.0, 2283.0, 2289.0, 2381.0, 2334.0, 2341.0, 2432.0, 2446.0], "WindowWidth": [17057.0, 7981.0, 7976.0, 8073.0, 7954.0, 7964.0, 8010.0, 7994.0, 8017.0, 8081.0, 8039.0, 7978.0, 8083.0, 8055.0, 8099.0, 8067.0, 17046.0, 8096.0, 8052.0, 8142.0, 8120.0, 8116.0, 8062.0, 8024.0, 8018.0, 7937.0, 7906.0, 8111.0, 8000.0, 8051.0, 8148.0, 8205.0, 17096.0, 5593.0, 5569.0, 5690.0, 5525.0, 5571.0, 5671.0, 5616.0, 5681.0, 5720.0, 5641.0, 5628.0, 5719.0, 5697.0, 5765.0, 5727.0, 17156.0, 5732.0, 5688.0, 5775.0, 5751.0, 5741.0, 5757.0, 5661.0, 5600.0, 5537.0, 5534.0, 5726.0, 5624.0, 5651.0, 5852.0, 5871.0]}, "slices": {}}}