{"AcquisitionMatrixPE": 96, "AcquisitionNumber": 1, "AcquisitionTime": "07:42:35.482500", "BandwidthPerPixelPhaseEncode": 33.602, "BaseResolution": 96, "BodyPartExamined": "BRAIN", "ConsistencyInfo": "N4_VD11D_LATEST_20110129", "ConversionSoftware": "dcm2niix", "ConversionSoftwareVersion": "v1.0.20210317", "DerivedVendorReportedEchoSpacing": 0.000620003, "DeviceSerialNumber": "45239", "DwellTime": 2.6e-06, "EchoTime": 0.03, "EchoTrainLength": 48, "EffectiveEchoSpacing": 0.000310001, "FlipAngle": 63, "ImageComments": "Unaliased MB4/PE3", "ImageOrientationPatientDICOM": [0.999947, -0.00912488, 0.00477036, 0.0102966, 0.886157, -0.463271], "ImageType": ["ORIGINAL", "PRIMARY", "M", "ND", "NORM", "MOSAIC"], "ImagingFrequency": 123.193, "InPlanePhaseEncodingDirectionDICOM": "COL", "InstitutionAddress": "E 24th St. 100,Austin,Southmiddle,US,78712", "InstitutionName": "Univ of Texas at Austin", "InstitutionalDepartmentName": "IRC", "MRAcquisitionType": "2D", "MagneticFieldStrength": 3, "Manufacturer": "Siemens", "ManufacturersModelName": "Skyra", "Modality": "MR", "MultibandAccelerationFactor": 4, "ParallelReductionFactorInPlane": 2, "PartialFourier": 1, "PatientPosition": "HFS", "PercentPhaseFOV": 100, "PercentSampling": 100, "PhaseEncodingDirection": "j-", "PhaseEncodingSteps": 96, "PhaseResolution": 1, "PixelBandwidth": 2005, "ProcedureStepDescription": "Poldrack2^self-scanning", "ProtocolName": "dots_motion", "PulseSequenceDetails": "%CustomerSeq%\\cmrr_mbep2d_bold", "ReceiveCoilActiveElements": "HEA;HEP", "ReceiveCoilName": "Head_32", "ReconMatrixPE": 96, "RefLinesPE": 94, "RepetitionTime": 1.16, "SAR": 0.103566, "ScanOptions": "FS", "ScanningSequence": "EP", "SequenceName": "epfid2d1_96", "SequenceVariant": "SK", "SeriesDescription": "dots_motion", "SeriesNumber": 8, "ShimSetting": [-2777, 8039, -15397, 107, -178, 61, 217, -46], "SliceThickness": 2, "SliceTiming": [0, 0.4975, 0.9975, 0.355, 0.855, 0.2125, 0.7125, 0.07, 0.57, 1.0675, 0.4275, 0.925, 0.285, 0.7825, 0.1425, 0.64, 0, 0.4975, 0.9975, 0.355, 0.855, 0.2125, 0.7125, 0.07, 0.57, 1.0675, 0.4275, 0.925, 0.285, 0.7825, 0.1425, 0.64, 0, 0.4975, 0.9975, 0.355, 0.855, 0.2125, 0.7125, 0.07, 0.57, 1.0675, 0.4275, 0.925, 0.285, 0.7825, 0.1425, 0.64, 0, 0.4975, 0.9975, 0.355, 0.855, 0.2125, 0.7125, 0.07, 0.57, 1.0675, 0.4275, 0.925, 0.285, 0.7825, 0.1425, 0.64], "SoftwareVersions": "syngo MR D11", "SpacingBetweenSlices": 2.4, "StationName": "AWP45239", "TaskName": "Dot motion stop-signal task", "TotalReadoutTime": 0.0294501, "TxRefAmp": 346.173, "WipMemBlock": "53420150-f64e-42dd-b4ad-88e6d5f4c7f0||Sequence: VD11D r206; Feb 13 2013 18:52:04 by eja", "dcmmeta_affine": [[-2.3957061767578125, 0.024668918922543526, -1.6859440066241405e-08, 116.92047882080078], [0.021861692890524864, 2.1230833530426025, -1.1119104623794556, -85.58000183105469], [0.011428997851908207, 1.1099212169647217, 2.1268885135650635, -69.81901550292969], [0.0, 0.0, 0.0, 1.0]], "dcmmeta_reorient_transform": [[0.0, -1.0, 0.0, 95.0], [1.0, 0.0, 0.0, 0.0], [0.0, 0.0, 1.0, 0.0], [0.0, 0.0, 0.0, 1.0]], "dcmmeta_shape": [96, 96, 64, 372], "dcmmeta_slice_dim": 2, "dcmmeta_version": 0.6, "global": {"const": {"AcquisitionMatrix": [96, 0, 0, 96], "AngioFlag": "N", "BitsAllocated": 16, "BitsStored": 16, "BodyPartExamined": "BRAIN", "Columns": 768, "EchoNumbers": 1, "EchoTime": 30.0, "EchoTrainLength": 48, "FlipAngle": 63.0, "HighBit": 15, "ImageOrientationPatient": [0.99994698868542, -0.0091248804654, 0.00477036428861, 0.0102965925895, 0.88615660080238, -0.4632714744461], "ImagePositionPatient": [-932.51008226664, -822.12343698913, 404.7168794686], "ImageType": ["ORIGINAL", "PRIMARY", "M", "ND", "NORM", "MOSAIC"], "ImagedNucleus": "1H", "ImagingFrequency": 123.193125, "InPlanePhaseEncodingDirection": "COL", "MRAcquisitionType": "2D", "MagneticFieldStrength": 3.0, "Manufacturer": "SIEMENS", "ManufacturerModelName": "Skyra", "Modality": "MR", "NumberOfAverages": 1.0, "NumberOfPhaseEncodingSteps": 96, "PercentPhaseFieldOfView": 100.0, "PercentSampling": 100.0, "PerformedProcedureStepStartTime": "072146.046000", "PhotometricInterpretation": "MONOCHROME2", "PixelBandwidth": 2005.0, "PixelRepresentation": 0, "PixelSpacing": [2.3958332538605, 2.3958332538605], "ProtocolName": "dots_motion", "RepetitionTime": 1160.0, "Rows": 768, "SAR": 0.10356639163314, "SamplesPerPixel": 1, "ScanOptions": "FS", "ScanningSequence": "EP", "SequenceName": "epfid2d1_96", "SequenceVariant": "SK", "SeriesDescription": "dots_motion", "SeriesNumber": 8, "SeriesTime": "074324.031000", "SliceLocation": -22.224987293233, "SliceThickness": 2.0, "SmallestImagePixelValue": 0, "SoftwareVersions": "syngo MR D11", "SpacingBetweenSlices": 2.4000000031901, "SpecificCharacterSet": "ISO_IR 100", "StudyID": "1", "StudyTime": "072145.953000", "TransmitCoilName": "Body", "VariableFlipAngleFlag": "N", "WindowCenterWidthExplanation": "Algo1", "dBdt": 0.0}, "slices": {}}, "time": {"samples": {"AcquisitionNumber": [1, 2, 3, 4, 5, 6, 7, 8, 9, 10, 11, 12, 13, 14, 15, 16, 17, 18, 19, 20, 21, 22, 23, 24, 25, 26, 27, 28, 29, 30, 31, 32, 33, 34, 35, 36, 37, 38, 39, 40, 41, 42, 43, 44, 45, 46, 47, 48, 49, 50, 51, 52, 53, 54, 55, 56, 57, 58, 59, 60, 61, 62, 63, 64, 65, 66, 67, 68, 69, 70, 71, 72, 73, 74, 75, 76, 77, 78, 79, 80, 81, 82, 83, 84, 85, 86, 87, 88, 89, 90, 91, 92, 93, 94, 95, 96, 97, 98, 99, 100, 101, 102, 103, 104, 105, 106, 107, 108, 109, 110, 111, 112, 113, 114, 115, 116, 117, 118, 119, 120, 121, 122, 123, 124, 125, 126, 127, 128, 129, 130, 131, 132, 133, 134, 135, 136, 137, 138, 139, 140, 141, 142, 143, 144, 145, 146, 147, 148, 149, 150, 151, 152, 153, 154, 155, 156, 157, 158, 159, 160, 161, 162, 163, 164, 165, 166, 167, 168, 169, 170, 171, 172, 173, 174, 175, 176, 177, 178, 179, 180, 181, 182, 183, 184, 185, 186, 187, 188, 189, 190, 191, 192, 193, 194, 195, 196, 197, 198, 199, 200, 201, 202, 203, 204, 205, 206, 207, 208, 209, 210, 211, 212, 213, 214, 215, 216, 217, 218, 219, 220, 221, 222, 223, 224, 225, 226, 227, 228, 229, 230, 231, 232, 233, 234, 235, 236, 237, 238, 239, 240, 241, 242, 243, 244, 245, 246, 247, 248, 249, 250, 251, 252, 253, 254, 255, 256, 257, 258, 259, 260, 261, 262, 263, 264, 265, 266, 267, 268, 269, 270, 271, 272, 273, 274, 275, 276, 277, 278, 279, 280, 281, 282, 283, 284, 285, 286, 287, 288, 289, 290, 291, 292, 293, 294, 295, 296, 297, 298, 299, 300, 301, 302, 303, 304, 305, 306, 307, 308, 309, 310, 311, 312, 313, 314, 315, 316, 317, 318, 319, 320, 321, 322, 323, 324, 325, 326, 327, 328, 329, 330, 331, 332, 333, 334, 335, 336, 337, 338, 339, 340, 341, 342, 343, 344, 345, 346, 347, 348, 349, 350, 351, 352, 353, 354, 355, 356, 357, 358, 359, 360, 361, 362, 363, 364, 365, 366, 367, 368, 369, 370, 371, 372], "AcquisitionTime": ["074235.482500", "074304.482500", "074305.642500", "074306.802500", "074307.962500", "074309.122500", "074310.282500", "074311.442500", "074312.602500", "074313.762500", "074314.922500", "074316.082500", "074317.242500", "074318.402500", "074319.562500", "074320.722500", "074321.882500", "074323.042500", "074324.202500", "074325.362500", "074326.522500", "074327.682500", "074328.842500", "074330.002500", "074331.162500", "074332.322500", "074333.482500", "074334.642500", "074335.802500", "074336.962500", "074338.122500", "074339.282500", "074340.442500", "074341.602500", "074342.762500", "074343.922500", "074345.082500", "074346.242500", "074347.402500", "074348.562500", "074349.722500", "074350.882500", "074352.042500", "074353.202500", "074354.362500", "074355.522500", "074356.682500", "074357.842500", "074359.002500", "074400.162500", "074401.322500", "074402.482500", "074403.642500", "074404.802500", "074405.962500", "074407.122500", "074408.282500", "074409.442500", "074410.602500", "074411.762500", "074412.922500", "074414.082500", "074415.242500", "074416.402500", "074417.562500", "074418.722500", "074419.882500", "074421.042500", "074422.202500", "074423.362500", "074424.522500", "074425.682500", "074426.842500", "074428.002500", "074429.162500", "074430.322500", "074431.482500", "074432.642500", "074433.802500", "074434.962500", "074436.122500", "074437.282500", "074438.442500", "074439.602500", "074440.762500", "074441.922500", "074443.082500", "074444.242500", "074445.402500", "074446.562500", "074447.722500", "074448.882500", "074450.042500", "074451.202500", "074452.362500", "074453.522500", "074454.682500", "074455.842500", "074457.002500", "074458.162500", "074459.322500", "074500.482500", "074501.642500", "074502.802500", "074503.962500", "074505.122500", "074506.282500", "074507.442500", "074508.602500", "074509.762500", "074510.922500", "074512.082500", "074513.242500", "074514.402500", "074515.562500", "074516.722500", "074517.882500", "074519.042500", "074520.202500", "074521.362500", "074522.522500", "074523.682500", "074524.842500", "074526.002500", "074527.162500", "074528.322500", "074529.482500", "074530.642500", "074531.802500", "074532.962500", "074534.122500", "074535.282500", "074536.442500", "074537.602500", "074538.762500", "074539.922500", "074541.082500", "074542.242500", "074543.402500", "074544.562500", "074545.722500", "074546.882500", "074548.042500", "074549.202500", "074550.362500", "074551.522500", "074552.682500", "074553.842500", "074555.002500", "074556.162500", "074557.322500", "074558.482500", "074559.642500", "074600.802500", "074601.962500", "074603.122500", "074604.282500", "074605.442500", "074606.602500", "074607.762500", "074608.922500", "074610.082500", "074611.242500", "074612.402500", "074613.562500", "074614.722500", "074615.882500", "074617.042500", "074618.202500", "074619.362500", "074620.522500", "074621.682500", "074622.842500", "074624.005000", "074625.165000", "074626.325000", "074627.485000", "074628.645000", "074629.805000", "074630.965000", "074632.125000", "074633.285000", "074634.445000", "074635.605000", "074636.765000", "074637.925000", "074639.085000", "074640.245000", "074641.405000", "074642.565000", "074643.725000", "074644.885000", "074646.045000", "074647.205000", "074648.365000", "074649.525000", "074650.685000", "074651.845000", "074653.005000", "074654.165000", "074655.325000", "074656.485000", "074657.645000", "074658.805000", "074659.965000", "074701.125000", "074702.285000", "074703.445000", "074704.605000", "074705.765000", "074706.925000", "074708.085000", "074709.245000", "074710.405000", "074711.565000", "074712.725000", "074713.885000", "074715.045000", "074716.205000", "074717.365000", "074718.525000", "074719.685000", "074720.845000", "074722.005000", "074723.165000", "074724.325000", "074725.485000", "074726.645000", "074727.805000", "074728.965000", "074730.125000", "074731.285000", "074732.445000", "074733.605000", "074734.765000", "074735.925000", "074737.085000", "074738.245000", "074739.405000", "074740.565000", "074741.725000", "074742.885000", "074744.045000", "074745.205000", "074746.365000", "074747.525000", "074748.685000", "074749.845000", "074751.005000", "074752.165000", "074753.325000", "074754.485000", "074755.645000", "074756.805000", "074757.965000", "074759.125000", "074800.285000", "074801.445000", "074802.605000", "074803.765000", "074804.925000", "074806.085000", "074807.245000", "074808.405000", "074809.565000", "074810.725000", "074811.885000", "074813.045000", "074814.205000", "074815.365000", "074816.525000", "074817.685000", "074818.845000", "074820.005000", "074821.165000", "074822.325000", "074823.485000", "074824.645000", "074825.805000", "074826.965000", "074828.125000", "074829.285000", "074830.445000", "074831.605000", "074832.765000", "074833.925000", "074835.085000", "074836.245000", "074837.405000", "074838.565000", "074839.725000", "074840.885000", "074842.045000", "074843.205000", "074844.365000", "074845.525000", "074846.685000", "074847.845000", "074849.005000", "074850.165000", "074851.325000", "074852.485000", "074853.645000", "074854.805000", "074855.965000", "074857.125000", "074858.285000", "074859.445000", "074900.605000", "074901.765000", "074902.925000", "074904.085000", "074905.245000", "074906.405000", "074907.565000", "074908.725000", "074909.885000", "074911.045000", "074912.205000", "074913.365000", "074914.525000", "074915.685000", "074916.845000", "074918.005000", "074919.165000", "074920.325000", "074921.485000", "074922.645000", "074923.805000", "074924.965000", "074926.125000", "074927.285000", "074928.445000", "074929.605000", "074930.765000", "074931.925000", "074933.085000", "074934.245000", "074935.405000", "074936.565000", "074937.725000", "074938.885000", "074940.045000", "074941.205000", "074942.365000", "074943.525000", "074944.685000", "074945.845000", "074947.005000", "074948.165000", "074949.325000", "074950.485000", "074951.645000", "074952.805000", "074953.965000", "074955.125000", "074956.285000", "074957.445000", "074958.605000", "074959.765000", "075000.925000", "075002.085000", "075003.245000", "075004.405000", "075005.565000", "075006.725000", "075007.885000", "075009.045000", "075010.205000", "075011.365000", "075012.525000", "075013.685000"], "ContentTime": ["074324.046000", "074329.937000", "074329.937000", "074329.953000", "074329.953000", "074329.953000", "074329.953000", "074329.953000", "074329.968000", "074334.937000", "074334.937000", "074334.953000", "074334.953000", "074339.937000", "074339.937000", "074339.937000", "074344.937000", "074344.953000", "074344.953000", "074344.953000", "074349.937000", "074349.937000", "074349.953000", "074349.953000", "074354.937000", "074354.953000", "074354.953000", "074359.937000", "074359.937000", "074359.937000", "074359.953000", "074404.937000", "074404.937000", "074404.937000", "074404.953000", "074409.937000", "074409.937000", "074409.937000", "074409.953000", "074414.937000", "074414.937000", "074414.953000", "074419.937000", "074419.937000", "074419.937000", "074419.953000", "074424.937000", "074424.937000", "074424.937000", "074425.000000", "074429.937000", "074429.937000", "074429.937000", "074429.953000", "074434.937000", "074434.937000", "074434.937000", "074434.953000", "074439.937000", "074439.937000", "074439.937000", "074439.953000", "074444.937000", "074444.984000", "074444.984000", "074449.937000", "074449.937000", "074449.953000", "074449.953000", "074454.937000", "074454.937000", "074454.937000", "074454.953000", "074459.937000", "074459.953000", "074459.953000", "074459.953000", "074504.937000", "074504.953000", "074504.953000", "074504.953000", "074509.937000", "074509.953000", "074509.968000", "074514.937000", "074514.953000", "074514.953000", "074514.953000", "074519.937000", "074519.937000", "074519.937000", "074519.953000", "074524.937000", "074524.937000", "074524.953000", "074529.937000", "074529.937000", "074529.937000", "074529.953000", "074534.937000", "074534.937000", "074534.937000", "074534.953000", "074539.937000", "074539.937000", "074539.937000", "074539.953000", "074544.937000", "074544.937000", "074544.937000", "074549.937000", "074549.953000", "074549.953000", "074549.953000", "074554.937000", "074554.937000", "074554.937000", "074554.953000", "074559.937000", "074559.937000", "074559.937000", "074559.953000", "074604.937000", "074604.937000", "074604.984000", "074609.937000", "074609.937000", "074609.937000", "074609.953000", "074614.937000", "074614.937000", "074614.937000", "074614.953000", "074619.937000", "074619.968000", "074619.984000", "074624.937000", "074624.953000", "074624.953000", "074624.968000", "074629.937000", "074629.968000", "074629.968000", "074629.968000", "074634.937000", "074634.937000", "074634.968000", "074634.984000", "074639.937000", "074639.937000", "074639.953000", "074639.953000", "074644.937000", "074644.937000", "074644.937000", "074644.953000", "074649.937000", "074649.937000", "074649.937000", "074649.953000", "074654.937000", "074654.937000", "074654.937000", "074659.937000", "074659.937000", "074659.937000", "074659.968000", "074659.984000", "074704.937000", "074704.968000", "074704.984000", "074709.937000", "074709.937000", "074709.953000", "074709.953000", "074714.937000", "074714.937000", "074714.937000", "074719.937000", "074719.937000", "074719.953000", "074719.953000", "074724.937000", "074724.937000", "074724.937000", "074724.953000", "074729.937000", "074729.937000", "074729.937000", "074729.953000", "074734.937000", "074734.937000", "074734.953000", "074739.937000", "074739.968000", "074739.968000", "074739.968000", "074744.937000", "074744.937000", "074744.937000", "074744.953000", "074749.937000", "074749.953000", "074749.953000", "074754.937000", "074754.953000", "074754.953000", "074754.953000", "074759.937000", "074759.953000", "074759.953000", "074804.937000", "074804.937000", "074804.953000", "074804.953000", "074809.937000", "074809.937000", "074809.953000", "074809.953000", "074814.937000", "074814.937000", "074814.937000", "074819.937000", "074819.937000", "074819.937000", "074819.953000", "074824.937000", "074824.937000", "074824.937000", "074824.953000", "074829.937000", "074829.937000", "074829.937000", "074829.953000", "074834.937000", "074834.937000", "074834.937000", "074834.953000", "074839.937000", "074839.937000", "074839.937000", "074844.937000", "074844.937000", "074844.937000", "074844.953000", "074849.937000", "074849.937000", "074849.937000", "074849.953000", "074854.937000", "074854.937000", "074854.937000", "074859.937000", "074859.937000", "074859.937000", "074859.953000", "074904.937000", "074904.937000", "074904.937000", "074909.937000", "074909.937000", "074909.937000", "074909.953000", "074909.953000", "074914.937000", "074914.937000", "074914.937000", "074919.937000", "074919.937000", "074919.937000", "074919.953000", "074924.937000", "074924.937000", "074924.937000", "074924.953000", "074929.937000", "074929.937000", "074929.937000", "074929.953000", "074934.937000", "074934.937000", "074934.937000", "074934.953000", "074939.953000", "074939.953000", "074939.968000", "074939.968000", "074944.937000", "074944.937000", "074944.984000", "074949.937000", "074949.937000", "074949.953000", "074949.953000", "074954.937000", "074954.937000", "074954.953000", "074954.953000", "074959.937000", "074959.937000", "074959.953000", "074959.953000", "075004.937000", "075004.937000", "075004.937000", "075004.953000", "075009.937000", "075009.937000", "075009.937000", "075014.937000", "075014.937000", "075014.937000", "075014.953000", "075019.937000", "075019.937000", "075019.937000", "075019.953000", "075019.953000", "075024.937000", "075024.937000", "075024.953000", "075024.953000", "075029.937000", "075029.953000", "075029.953000", "075029.953000", "075034.937000", "075034.937000", "075034.953000", "075034.953000", "075039.937000", "075039.937000", "075039.937000", "075039.953000", "075044.937000", "075044.937000", "075044.937000", "075044.953000", "075049.937000", "075049.953000", "075049.953000", "075049.953000", "075054.937000", "075054.937000", "075054.937000", "075054.953000", "075059.937000", "075059.953000", "075059.953000", "075059.953000", "075104.937000", "075104.953000", "075104.953000", "075104.953000", "075109.937000", "075109.953000", "075109.953000", "075109.953000", "075114.937000", "075114.953000", "075114.953000", "075114.968000", "075119.937000", "075119.953000", "075119.953000", "075119.953000", "075124.937000", "075124.968000", "075124.968000", "075124.968000", "075126.000000", "075126.015000"], "InstanceCreationTime": ["074324.046000", "074329.937000", "074329.937000", "074329.953000", "074329.953000", "074329.953000", "074329.953000", "074329.953000", "074329.968000", "074334.937000", "074334.937000", "074334.953000", "074334.953000", "074339.937000", "074339.937000", "074339.937000", "074344.937000", "074344.953000", "074344.953000", "074344.953000", "074349.937000", "074349.937000", "074349.953000", "074349.953000", "074354.937000", "074354.953000", "074354.953000", "074359.937000", "074359.937000", "074359.937000", "074359.953000", "074404.937000", "074404.937000", "074404.937000", "074404.953000", "074409.937000", "074409.937000", "074409.937000", "074409.953000", "074414.937000", "074414.937000", "074414.953000", "074419.937000", "074419.937000", "074419.937000", "074419.953000", "074424.937000", "074424.937000", "074424.937000", "074425.000000", "074429.937000", "074429.937000", "074429.937000", "074429.953000", "074434.937000", "074434.937000", "074434.937000", "074434.953000", "074439.937000", "074439.937000", "074439.937000", "074439.953000", "074444.937000", "074444.984000", "074444.984000", "074449.937000", "074449.937000", "074449.953000", "074449.953000", "074454.937000", "074454.937000", "074454.937000", "074454.953000", "074459.937000", "074459.953000", "074459.953000", "074459.953000", "074504.937000", "074504.953000", "074504.953000", "074504.953000", "074509.937000", "074509.953000", "074509.968000", "074514.937000", "074514.953000", "074514.953000", "074514.953000", "074519.937000", "074519.937000", "074519.937000", "074519.953000", "074524.937000", "074524.937000", "074524.953000", "074529.937000", "074529.937000", "074529.937000", "074529.953000", "074534.937000", "074534.937000", "074534.937000", "074534.953000", "074539.937000", "074539.937000", "074539.937000", "074539.953000", "074544.937000", "074544.937000", "074544.937000", "074549.937000", "074549.953000", "074549.953000", "074549.953000", "074554.937000", "074554.937000", "074554.937000", "074554.953000", "074559.937000", "074559.937000", "074559.937000", "074559.953000", "074604.937000", "074604.937000", "074604.984000", "074609.937000", "074609.937000", "074609.937000", "074609.953000", "074614.937000", "074614.937000", "074614.937000", "074614.953000", "074619.937000", "074619.968000", "074619.984000", "074624.937000", "074624.953000", "074624.953000", "074624.968000", "074629.937000", "074629.968000", "074629.968000", "074629.968000", "074634.937000", "074634.937000", "074634.968000", "074634.984000", "074639.937000", "074639.937000", "074639.953000", "074639.953000", "074644.937000", "074644.937000", "074644.937000", "074644.953000", "074649.937000", "074649.937000", "074649.937000", "074649.953000", "074654.937000", "074654.937000", "074654.937000", "074659.937000", "074659.937000", "074659.937000", "074659.968000", "074659.984000", "074704.937000", "074704.968000", "074704.984000", "074709.937000", "074709.937000", "074709.953000", "074709.953000", "074714.937000", "074714.937000", "074714.937000", "074719.937000", "074719.937000", "074719.953000", "074719.953000", "074724.937000", "074724.937000", "074724.937000", "074724.953000", "074729.937000", "074729.937000", "074729.937000", "074729.953000", "074734.937000", "074734.937000", "074734.953000", "074739.937000", "074739.968000", "074739.968000", "074739.968000", "074744.937000", "074744.937000", "074744.937000", "074744.953000", "074749.937000", "074749.953000", "074749.953000", "074754.937000", "074754.953000", "074754.953000", "074754.953000", "074759.937000", "074759.953000", "074759.953000", "074804.937000", "074804.937000", "074804.953000", "074804.953000", "074809.937000", "074809.937000", "074809.953000", "074809.953000", "074814.937000", "074814.937000", "074814.937000", "074819.937000", "074819.937000", "074819.937000", "074819.953000", "074824.937000", "074824.937000", "074824.937000", "074824.953000", "074829.937000", "074829.937000", "074829.937000", "074829.953000", "074834.937000", "074834.937000", "074834.937000", "074834.953000", "074839.937000", "074839.937000", "074839.937000", "074844.937000", "074844.937000", "074844.937000", "074844.953000", "074849.937000", "074849.937000", "074849.937000", "074849.953000", "074854.937000", "074854.937000", "074854.937000", "074859.937000", "074859.937000", "074859.937000", "074859.953000", "074904.937000", "074904.937000", "074904.937000", "074909.937000", "074909.937000", "074909.937000", "074909.953000", "074909.953000", "074914.937000", "074914.937000", "074914.937000", "074919.937000", "074919.937000", "074919.937000", "074919.953000", "074924.937000", "074924.937000", "074924.937000", "074924.953000", "074929.937000", "074929.937000", "074929.937000", "074929.953000", "074934.937000", "074934.937000", "074934.937000", "074934.953000", "074939.953000", "074939.953000", "074939.968000", "074939.968000", "074944.937000", "074944.937000", "074944.984000", "074949.937000", "074949.937000", "074949.953000", "074949.953000", "074954.937000", "074954.937000", "074954.953000", "074954.953000", "074959.937000", "074959.937000", "074959.953000", "074959.953000", "075004.937000", "075004.937000", "075004.937000", "075004.953000", "075009.937000", "075009.937000", "075009.937000", "075014.937000", "075014.937000", "075014.937000", "075014.953000", "075019.937000", "075019.937000", "075019.937000", "075019.953000", "075019.953000", "075024.937000", "075024.937000", "075024.953000", "075024.953000", "075029.937000", "075029.953000", "075029.953000", "075029.953000", "075034.937000", "075034.937000", "075034.953000", "075034.953000", "075039.937000", "075039.937000", "075039.937000", "075039.953000", "075044.937000", "075044.937000", "075044.937000", "075044.953000", "075049.937000", "075049.953000", "075049.953000", "075049.953000", "075054.937000", "075054.937000", "075054.937000", "075054.953000", "075059.937000", "075059.953000", "075059.953000", "075059.953000", "075104.937000", "075104.953000", "075104.953000", "075104.953000", "075109.937000", "075109.953000", "075109.953000", "075109.953000", "075114.937000", "075114.953000", "075114.953000", "075114.968000", "075119.937000", "075119.953000", "075119.953000", "075119.953000", "075124.937000", "075124.968000", "075124.968000", "075124.968000", "075126.000000", "075126.015000"], "InstanceNumber": [1, 2, 3, 4, 5, 6, 7, 8, 9, 10, 11, 12, 13, 14, 15, 16, 17, 18, 19, 20, 21, 22, 23, 24, 25, 26, 27, 28, 29, 30, 31, 32, 33, 34, 35, 36, 37, 38, 39, 40, 41, 42, 43, 44, 45, 46, 47, 48, 49, 50, 51, 52, 53, 54, 55, 56, 57, 58, 59, 60, 61, 62, 63, 64, 65, 66, 67, 68, 69, 70, 71, 72, 73, 74, 75, 76, 77, 78, 79, 80, 81, 82, 83, 84, 85, 86, 87, 88, 89, 90, 91, 92, 93, 94, 95, 96, 97, 98, 99, 100, 101, 102, 103, 104, 105, 106, 107, 108, 109, 110, 111, 112, 113, 114, 115, 116, 117, 118, 119, 120, 121, 122, 123, 124, 125, 126, 127, 128, 129, 130, 131, 132, 133, 134, 135, 136, 137, 138, 139, 140, 141, 142, 143, 144, 145, 146, 147, 148, 149, 150, 151, 152, 153, 154, 155, 156, 157, 158, 159, 160, 161, 162, 163, 164, 165, 166, 167, 168, 169, 170, 171, 172, 173, 174, 175, 176, 177, 178, 179, 180, 181, 182, 183, 184, 185, 186, 187, 188, 189, 190, 191, 192, 193, 194, 195, 196, 197, 198, 199, 200, 201, 202, 203, 204, 205, 206, 207, 208, 209, 210, 211, 212, 213, 214, 215, 216, 217, 218, 219, 220, 221, 222, 223, 224, 225, 226, 227, 228, 229, 230, 231, 232, 233, 234, 235, 236, 237, 238, 239, 240, 241, 242, 243, 244, 245, 246, 247, 248, 249, 250, 251, 252, 253, 254, 255, 256, 257, 258, 259, 260, 261, 262, 263, 264, 265, 266, 267, 268, 269, 270, 271, 272, 273, 274, 275, 276, 277, 278, 279, 280, 281, 282, 283, 284, 285, 286, 287, 288, 289, 290, 291, 292, 293, 294, 295, 296, 297, 298, 299, 300, 301, 302, 303, 304, 305, 306, 307, 308, 309, 310, 311, 312, 313, 314, 315, 316, 317, 318, 319, 320, 321, 322, 323, 324, 325, 326, 327, 328, 329, 330, 331, 332, 333, 334, 335, 336, 337, 338, 339, 340, 341, 342, 343, 344, 345, 346, 347, 348, 349, 350, 351, 352, 353, 354, 355, 356, 357, 358, 359, 360, 361, 362, 363, 364, 365, 366, 367, 368, 369, 370, 371, 372], "LargestImagePixelValue": [29480, 27297, 26917, 26834, 26946, 30993, 27211, 26463, 26491, 26540, 26777, 27232, 26546, 26404, 26701, 26721, 26718, 30871, 31641, 27564, 26399, 26560, 26642, 26744, 26753, 26548, 26541, 26472, 26711, 31705, 26500, 26486, 26447, 26809, 37159, 27211, 27757, 26610, 26777, 26980, 26817, 26865, 28873, 27433, 26660, 26660, 30314, 26584, 30788, 35842, 28335, 27155, 27707, 26674, 28674, 27918, 27067, 26772, 26877, 32131, 31251, 30308, 28841, 27460, 26906, 26850, 39651, 34806, 28967, 27444, 27027, 26798, 31731, 29987, 31133, 27279, 26999, 26805, 26902, 27198, 27036, 26987, 26987, 33513, 27027, 27330, 26869, 26944, 34277, 36691, 28832, 27223, 26893, 30151, 27075, 27328, 26977, 27036, 26994, 34254, 27476, 27005, 27168, 33582, 34464, 27592, 27363, 27080, 32768, 27185, 29573, 27305, 27276, 28718, 32277, 30335, 27474, 27351, 27166, 27420, 27092, 27566, 27154, 27201, 27338, 27343, 32575, 27518, 27296, 29290, 27606, 27609, 27688, 27586, 28731, 27701, 27849, 28889, 35320, 29607, 27697, 27704, 27636, 27769, 27916, 27457, 27648, 29179, 28801, 27796, 27652, 27870, 27710, 27453, 36120, 28477, 28069, 29791, 29447, 27795, 27793, 27700, 30402, 28412, 27631, 30598, 27691, 27956, 29980, 27891, 27882, 27800, 27854, 35527, 28013, 27885, 28390, 27896, 28093, 29688, 27932, 27648, 27950, 28127, 28240, 27977, 28053, 27882, 32315, 27848, 28514, 27740, 27848, 28051, 28279, 28183, 27979, 28209, 29057, 28372, 38382, 28090, 28114, 28253, 28399, 30715, 28427, 28076, 28201, 32786, 28463, 28332, 28201, 28092, 28029, 28263, 28104, 28206, 28348, 28106, 35548, 28208, 28327, 28542, 29951, 27981, 28100, 28201, 29310, 27836, 28366, 28202, 28306, 28162, 29435, 28210, 28403, 28078, 28183, 28108, 27978, 28261, 28339, 28187, 28195, 28130, 35986, 28208, 29375, 28065, 28021, 31681, 28122, 28211, 28177, 28094, 32325, 28114, 28236, 28636, 38886, 28347, 28113, 28286, 28262, 28029, 28588, 28244, 28461, 28031, 28048, 28248, 28035, 28094, 28094, 28080, 35034, 30610, 28476, 28324, 28187, 27957, 28327, 28377, 28006, 28883, 36281, 29584, 28776, 28014, 28142, 30731, 32786, 29325, 28038, 28124, 28646, 27811, 29324, 28117, 28094, 28068, 27962, 27938, 28040, 28944, 36808, 27746, 28072, 28061, 28822, 27875, 27846, 28115, 33733, 35874, 28008, 27757, 28007, 35324, 27777, 28172, 27922, 27947, 27890, 27924, 27920, 27930, 28130, 27789, 27968, 27915, 34888, 27863, 27803, 27880, 27786, 28130, 27917, 27807, 30292, 31686, 29220, 28041, 29401, 27835, 27847, 27884, 27920, 27975, 28055, 28274, 28100, 27943, 27743, 27781, 27888, 27670, 27811, 27941, 27701, 28367, 28035, 27995, 27810, 27948, 27759, 30580, 27714, 27697, 27736, 27988], "WindowCenter": [10281.0, 10260.0, 10275.0, 10241.0, 10253.0, 10269.0, 10247.0, 10253.0, 10264.0, 10255.0, 10261.0, 10262.0, 10263.0, 10261.0, 10263.0, 10259.0, 10247.0, 10275.0, 10270.0, 10251.0, 10249.0, 10245.0, 10270.0, 10255.0, 10269.0, 10270.0, 10250.0, 10246.0, 10262.0, 10270.0, 10252.0, 10257.0, 10265.0, 10277.0, 10293.0, 10249.0, 10274.0, 10265.0, 10280.0, 10258.0, 10278.0, 10273.0, 10288.0, 10277.0, 10275.0, 10271.0, 10269.0, 10253.0, 10269.0, 10280.0, 10253.0, 10247.0, 10249.0, 10259.0, 10261.0, 10261.0, 10269.0, 10257.0, 10261.0, 10290.0, 10293.0, 10267.0, 10262.0, 10252.0, 10244.0, 10250.0, 10271.0, 10260.0, 10232.0, 10237.0, 10251.0, 10259.0, 10266.0, 10264.0, 10267.0, 10228.0, 10248.0, 10254.0, 10265.0, 10259.0, 10254.0, 10243.0, 10266.0, 10288.0, 10254.0, 10274.0, 10250.0, 10249.0, 10282.0, 10279.0, 10259.0, 10243.0, 10267.0, 10277.0, 10258.0, 10277.0, 10258.0, 10257.0, 10250.0, 10297.0, 10258.0, 10256.0, 10243.0, 10272.0, 10270.0, 10249.0, 10251.0, 10258.0, 10272.0, 10250.0, 10233.0, 10254.0, 10227.0, 10258.0, 10254.0, 10259.0, 10248.0, 10252.0, 10251.0, 10279.0, 10261.0, 10282.0, 10273.0, 10269.0, 10265.0, 10272.0, 10296.0, 10271.0, 10248.0, 10263.0, 10249.0, 10238.0, 10230.0, 10244.0, 10239.0, 10232.0, 10238.0, 10237.0, 10253.0, 10229.0, 10208.0, 10203.0, 10202.0, 10236.0, 10228.0, 10239.0, 10243.0, 10248.0, 10275.0, 10252.0, 10289.0, 10285.0, 10270.0, 10256.0, 10309.0, 10263.0, 10273.0, 10276.0, 10260.0, 10256.0, 10246.0, 10257.0, 10267.0, 10266.0, 10258.0, 10288.0, 10252.0, 10254.0, 10262.0, 10256.0, 10254.0, 10268.0, 10267.0, 10277.0, 10244.0, 10240.0, 10249.0, 10245.0, 10237.0, 10244.0, 10259.0, 10247.0, 10237.0, 10242.0, 10246.0, 10238.0, 10259.0, 10272.0, 10285.0, 10263.0, 10270.0, 10257.0, 10253.0, 10251.0, 10274.0, 10251.0, 10241.0, 10256.0, 10272.0, 10252.0, 10274.0, 10229.0, 10245.0, 10203.0, 10201.0, 10214.0, 10211.0, 10216.0, 10237.0, 10243.0, 10234.0, 10241.0, 10258.0, 10268.0, 10258.0, 10274.0, 10266.0, 10259.0, 10255.0, 10271.0, 10282.0, 10251.0, 10254.0, 10265.0, 10268.0, 10258.0, 10242.0, 10232.0, 10249.0, 10240.0, 10249.0, 10243.0, 10254.0, 10240.0, 10259.0, 10253.0, 10271.0, 10272.0, 10274.0, 10261.0, 10253.0, 10254.0, 10254.0, 10259.0, 10266.0, 10266.0, 10282.0, 10230.0, 10256.0, 10254.0, 10251.0, 10274.0, 10259.0, 10258.0, 10264.0, 10278.0, 10279.0, 10261.0, 10264.0, 10264.0, 10301.0, 10248.0, 10236.0, 10263.0, 10246.0, 10258.0, 10273.0, 10257.0, 10262.0, 10263.0, 10247.0, 10235.0, 10239.0, 10250.0, 10233.0, 10237.0, 10254.0, 10241.0, 10223.0, 10237.0, 10242.0, 10241.0, 10240.0, 10255.0, 10249.0, 10249.0, 10294.0, 10259.0, 10251.0, 10232.0, 10241.0, 10227.0, 10229.0, 10230.0, 10227.0, 10228.0, 10241.0, 10236.0, 10255.0, 10256.0, 10242.0, 10252.0, 10253.0, 10252.0, 10263.0, 10288.0, 10286.0, 10262.0, 10260.0, 10236.0, 10254.0, 10257.0, 10260.0, 10253.0, 10268.0, 10272.0, 10236.0, 10248.0, 10240.0, 10251.0, 10234.0, 10225.0, 10223.0, 10240.0, 10238.0, 10251.0, 10217.0, 10238.0, 10242.0, 10258.0, 10269.0, 10241.0, 10270.0, 10243.0, 10245.0, 10225.0, 10239.0, 10228.0, 10228.0, 10261.0, 10269.0, 10273.0, 10260.0, 10237.0, 10249.0, 10237.0, 10233.0, 10223.0, 10239.0, 10229.0, 10221.0, 10231.0, 10231.0, 10236.0, 10239.0, 10242.0, 10232.0, 10240.0, 10246.0, 10254.0, 10237.0, 10247.0, 10248.0, 10254.0, 10267.0, 10238.0, 10252.0, 10244.0, 10226.0, 10250.0, 10255.0, 10229.0], "WindowWidth": [21907.0, 21853.0, 21875.0, 21810.0, 21831.0, 21866.0, 21819.0, 21831.0, 21851.0, 21836.0, 21847.0, 21851.0, 21849.0, 21847.0, 21851.0, 21838.0, 21810.0, 21871.0, 21865.0, 21825.0, 21816.0, 21813.0, 21861.0, 21836.0, 21864.0, 21861.0, 21823.0, 21813.0, 21846.0, 21871.0, 21832.0, 21843.0, 21861.0, 21882.0, 21919.0, 21825.0, 21875.0, 21855.0, 21875.0, 21845.0, 21880.0, 21871.0, 21915.0, 21889.0, 21882.0, 21873.0, 21868.0, 21829.0, 21859.0, 21881.0, 21829.0, 21818.0, 21821.0, 21845.0, 21853.0, 21848.0, 21863.0, 21844.0, 21850.0, 21908.0, 21912.0, 21859.0, 21850.0, 21833.0, 21809.0, 21818.0, 21865.0, 21833.0, 21779.0, 21793.0, 21814.0, 21834.0, 21849.0, 21842.0, 21849.0, 21778.0, 21821.0, 21831.0, 21852.0, 21845.0, 21829.0, 21810.0, 21854.0, 21904.0, 21836.0, 21876.0, 21824.0, 21820.0, 21884.0, 21881.0, 21842.0, 21812.0, 21856.0, 21885.0, 21848.0, 21884.0, 21842.0, 21837.0, 21826.0, 21921.0, 21840.0, 21832.0, 21807.0, 21864.0, 21861.0, 21816.0, 21822.0, 21835.0, 21865.0, 21812.0, 21787.0, 21826.0, 21776.0, 21833.0, 21826.0, 21838.0, 21817.0, 21825.0, 21834.0, 21885.0, 21850.0, 21893.0, 21871.0, 21865.0, 21858.0, 21872.0, 21916.0, 21867.0, 21820.0, 21849.0, 21817.0, 21794.0, 21777.0, 21802.0, 21792.0, 21780.0, 21795.0, 21788.0, 21816.0, 21762.0, 21722.0, 21709.0, 21709.0, 21779.0, 21767.0, 21788.0, 21801.0, 21811.0, 21863.0, 21826.0, 21895.0, 21899.0, 21871.0, 21842.0, 21942.0, 21855.0, 21874.0, 21877.0, 21843.0, 21833.0, 21815.0, 21831.0, 21855.0, 21853.0, 21836.0, 21897.0, 21828.0, 21827.0, 21844.0, 21831.0, 21832.0, 21859.0, 21851.0, 21875.0, 21805.0, 21795.0, 21818.0, 21806.0, 21791.0, 21804.0, 21826.0, 21803.0, 21791.0, 21800.0, 21812.0, 21800.0, 21847.0, 21873.0, 21895.0, 21850.0, 21864.0, 21831.0, 21824.0, 21827.0, 21868.0, 21818.0, 21801.0, 21832.0, 21862.0, 21823.0, 21867.0, 21770.0, 21792.0, 21710.0, 21705.0, 21736.0, 21727.0, 21742.0, 21786.0, 21798.0, 21781.0, 21799.0, 21834.0, 21861.0, 21841.0, 21868.0, 21854.0, 21841.0, 21831.0, 21865.0, 21891.0, 21824.0, 21830.0, 21852.0, 21854.0, 21832.0, 21799.0, 21782.0, 21810.0, 21793.0, 21815.0, 21800.0, 21822.0, 21797.0, 21834.0, 21825.0, 21857.0, 21864.0, 21873.0, 21847.0, 21829.0, 21834.0, 21833.0, 21839.0, 21851.0, 21847.0, 21883.0, 21782.0, 21838.0, 21826.0, 21824.0, 21871.0, 21841.0, 21835.0, 21856.0, 21884.0, 21888.0, 21846.0, 21851.0, 21853.0, 21929.0, 21819.0, 21791.0, 21844.0, 21813.0, 21838.0, 21871.0, 21835.0, 21844.0, 21848.0, 21814.0, 21784.0, 21791.0, 21814.0, 21781.0, 21787.0, 21819.0, 21789.0, 21757.0, 21781.0, 21788.0, 21789.0, 21789.0, 21822.0, 21821.0, 21820.0, 21906.0, 21831.0, 21820.0, 21774.0, 21783.0, 21759.0, 21762.0, 21766.0, 21759.0, 21762.0, 21795.0, 21785.0, 21822.0, 21829.0, 21804.0, 21826.0, 21828.0, 21830.0, 21849.0, 21891.0, 21895.0, 21839.0, 21833.0, 21794.0, 21829.0, 21830.0, 21843.0, 21824.0, 21850.0, 21859.0, 21782.0, 21809.0, 21793.0, 21814.0, 21775.0, 21766.0, 21755.0, 21788.0, 21791.0, 21812.0, 21750.0, 21795.0, 21800.0, 21832.0, 21852.0, 21803.0, 21858.0, 21801.0, 21808.0, 21768.0, 21793.0, 21772.0, 21769.0, 21833.0, 21850.0, 21857.0, 21832.0, 21786.0, 21814.0, 21786.0, 21776.0, 21752.0, 21781.0, 21767.0, 21751.0, 21768.0, 21773.0, 21783.0, 21787.0, 21793.0, 21775.0, 21793.0, 21808.0, 21823.0, 21790.0, 21813.0, 21809.0, 21821.0, 21845.0, 21789.0, 21809.0, 21804.0, 21765.0, 21810.0, 21821.0, 21773.0]}, "slices": {}}}