{"AcquisitionMatrixPE": 256, "AcquisitionNumber": 1, "AcquisitionTime": "17:28:30.097500", "BaseResolution": 256, "BodyPartExamined": "BRAIN", "ConsistencyInfo": "N4_VD11D_LATEST_20110129", "ConversionSoftware": "dcm2niix", "ConversionSoftwareVersion": "v1.0.20210317", "DeviceSerialNumber": "45239", "DwellTime": 3.4e-06, "EchoTime": 0.56, "EchoTrainLength": 292, "FlipAngle": 120, "ImageOrientationPatientDICOM": [0.012692, 0.99982, -0.0140722, 0.0536069, -0.0147334, -0.998453], "ImageType": ["ORIGINAL", "PRIMARY", "M", "ND", "NORM"], "ImagingFrequency": 123.193, "InPlanePhaseEncodingDirectionDICOM": "ROW", "InstitutionAddress": "E 24th St. 100,Austin,Southmiddle,US,78712", "InstitutionName": "Univ of Texas at Austin", "InstitutionalDepartmentName": "IRC", "MRAcquisitionType": "3D", "MagneticFieldStrength": 3, "Manufacturer": "Siemens", "ManufacturersModelName": "Skyra", "Modality": "MR", "ParallelReductionFactorInPlane": 2, "PartialFourier": 1, "PatientPosition": "HFS", "PercentPhaseFOV": 100, "PercentSampling": 100, "PhaseEncodingDirection": "i", "PhaseEncodingSteps": 260, "PhaseOversampling": 0.1, "PhaseResolution": 1, "PixelBandwidth": 575, "ProcedureStepDescription": "Poldrack2^self-scanning", "ProtocolName": "T2w_SPC1_PMC", "PulseSequenceDetails": "%SiemensSeq%\\tse_vfl", "ReceiveCoilActiveElements": "HEA;HEP", "ReceiveCoilName": "Head_32", "ReconMatrixPE": 256, "RefLinesPE": 32, "RepetitionTime": 3.2, "SAR": 0.163289, "ScanOptions": "PFP", "ScanningSequence": "SE", "SequenceName": "*spc3d1_314ns", "SequenceVariant": "SK\\SP\\OSP", "SeriesDescription": "T2w_SPC1_PMC", "SeriesNumber": 12, "ShimSetting": [-2755, 8011, -15562, 112, -198, -200, 78, -44], "SliceThickness": 0.8, "SoftwareVersions": "syngo MR D11", "StationName": "AWP45239", "TxRefAmp": 345.363, "dcmmeta_affine": [[0.7987851500511169, 0.010163495317101479, 0.04292741045355797, -105.51667785644531], [-0.009534384123980999, 0.800637423992157, -0.011798258870840073, -110.6752700805664], [-0.043027427047491074, 0.0112687349319458, 0.7995427846908569, -83.0063247680664], [0.0, 0.0, 0.0, 1.0]], "dcmmeta_reorient_transform": [[0.0, 0.0, -1.0, 255.0], [0.0, -1.0, 0.0, 255.0], [-1.0, 0.0, 0.0, 255.0], [0.0, 0.0, 0.0, 1.0]], "dcmmeta_shape": [256, 256, 256], "dcmmeta_slice_dim": 0, "dcmmeta_version": 0.6, "global": {"const": {"AcquisitionMatrix": [0, 256, 256, 0], "AcquisitionNumber": 1, "AcquisitionTime": "172830.097500", "AngioFlag": "N", "BitsAllocated": 16, "BitsStored": 12, "BodyPartExamined": "BRAIN", "Columns": 256, "EchoNumbers": 1, "EchoTime": 560.0, "EchoTrainLength": 292, "FlipAngle": 120.0, "HighBit": 11, "ImageOrientationPatient": [0.01269197516672, 0.99982042768397, -0.0140721765273, 0.05360691098709, -0.0147334360317, -0.9984534165183], "ImageType": ["ORIGINAL", "PRIMARY", "M", "ND", "NORM"], "ImagedNucleus": "1H", "ImagingFrequency": 123.193401, "InPlanePhaseEncodingDirection": "ROW", "MRAcquisitionType": "3D", "MagneticFieldStrength": 3.0, "Manufacturer": "SIEMENS", "ManufacturerModelName": "Skyra", "Modality": "MR", "NumberOfAverages": 1.0, "NumberOfPhaseEncodingSteps": 260, "PercentPhaseFieldOfView": 100.0, "PercentSampling": 100.0, "PerformedProcedureStepStartTime": "170201.828000", "PhotometricInterpretation": "MONOCHROME2", "PixelBandwidth": 575.0, "PixelRepresentation": 0, "PixelSpacing": [0.80078125, 0.80078125], "ProtocolName": "T2w_SPC1_PMC", "RepetitionTime": 3200.0, "Rows": 256, "SAR": 0.16328916681229, "SamplesPerPixel": 1, "ScanOptions": "PFP", "ScanningSequence": "SE", "SequenceName": "*spc3d1_314ns", "SequenceVariant": ["SK", "SP", "OSP"], "SeriesDescription": "T2w_SPC1_PMC", "SeriesNumber": 12, "SeriesTime": "173531.156000", "SliceThickness": 0.80000001192093, "SmallestImagePixelValue": 0, "SoftwareVersions": "syngo MR D11", "SpecificCharacterSet": "ISO_IR 100", "StudyID": "1", "StudyTime": "170201.796000", "TransmitCoilName": "Body", "VariableFlipAngleFlag": "Y", "WindowCenterWidthExplanation": "Algo1", "dBdt": 0.0}, "slices": {"ContentTime": ["173533.109000", "173533.109000", "173533.093000", "173533.093000", "173533.093000", "173533.093000", "173533.093000", "173533.078000", "173533.078000", "173533.078000", "173533.078000", "173533.062000", "173533.062000", "173533.062000", "173533.062000", "173533.062000", "173533.062000", "173533.062000", "173533.046000", "173533.046000", "173533.046000", "173533.046000", "173533.046000", "173533.046000", "173533.031000", "173533.031000", "173533.031000", "173533.031000", "173533.031000", "173533.031000", "173533.031000", "173533.031000", "173533.015000", "173533.015000", "173533.015000", "173533.015000", "173533.015000", "173533.015000", "173533.015000", "173533.000000", "173533.000000", "173533.000000", "173533.000000", "173533.000000", "173533.000000", "173532.984000", "173532.984000", "173532.984000", "173532.984000", "173532.984000", "173532.984000", "173532.984000", "173532.984000", "173532.984000", "173532.968000", "173532.968000", "173531.671000", "173531.671000", "173531.656000", "173531.656000", "173531.656000", "173531.656000", "173531.656000", "173531.656000", "173531.656000", "173531.656000", "173531.640000", "173531.640000", "173531.640000", "173531.640000", "173531.640000", "173531.640000", "173531.625000", "173531.625000", "173531.625000", "173531.625000", "173531.625000", "173531.625000", "173531.625000", "173531.625000", "173531.609000", "173531.609000", "173531.609000", "173531.609000", "173531.609000", "173531.609000", "173531.609000", "173531.593000", "173531.593000", "173531.593000", "173531.593000", "173531.593000", "173531.593000", "173531.578000", "173531.578000", "173531.578000", "173531.578000", "173531.578000", "173531.578000", "173531.578000", "173531.578000", "173531.578000", "173531.562000", "173531.562000", "173531.562000", "173531.562000", "173531.562000", "173531.546000", "173531.546000", "173531.546000", "173531.531000", "173531.531000", "173531.515000", "173531.515000", "173531.500000", "173531.500000", "173531.500000", "173531.500000", "173531.500000", "173531.500000", "173531.500000", "173531.500000", "173531.484000", "173531.484000", "173531.484000", "173531.484000", "173531.484000", "173531.484000", "173531.484000", "173531.484000", "173531.468000", "173531.468000", "173531.468000", "173531.468000", "173531.468000", "173531.468000", "173531.453000", "173531.453000", "173531.453000", "173531.453000", "173531.453000", "173531.437000", "173531.437000", "173531.437000", "173531.437000", "173531.437000", "173531.421000", "173531.421000", "173531.421000", "173531.421000", "173531.421000", "173531.421000", "173531.421000", "173531.406000", "173531.406000", "173531.390000", "173531.390000", "173531.390000", "173531.390000", "173531.390000", "173531.390000", "173531.390000", "173531.390000", "173531.375000", "173531.375000", "173531.375000", "173531.359000", "173531.359000", "173531.359000", "173531.359000", "173531.359000", "173531.343000", "173531.343000", "173531.328000", "173531.328000", "173531.328000", "173531.328000", "173531.328000", "173531.328000", "173531.312000", "173531.312000", "173531.312000", "173531.312000", "173531.312000", "173531.312000", "173531.312000", "173531.296000", "173531.296000", "173531.296000", "173531.296000", "173531.296000", "173531.296000", "173531.296000", "173531.296000", "173531.296000", "173531.281000", "173531.281000", "173531.281000", "173531.281000", "173531.281000", "173531.281000", "173531.281000", "173531.281000", "173531.265000", "173531.265000", "173531.265000", "173531.265000", "173531.265000", "173531.265000", "173531.265000", "173531.265000", "173531.265000", "173531.250000", "173531.250000", "173531.250000", "173531.250000", "173531.250000", "173531.250000", "173531.250000", "173531.250000", "173531.234000", "173531.234000", "173531.234000", "173531.234000", "173531.234000", "173531.234000", "173531.234000", "173531.234000", "173531.218000", "173531.218000", "173531.218000", "173531.218000", "173531.218000", "173531.218000", "173531.218000", "173531.218000", "173531.218000", "173531.203000", "173531.203000", "173531.203000", "173531.203000", "173531.203000", "173531.203000", "173531.203000", "173531.187000", "173531.187000", "173531.187000", "173531.187000", "173531.187000", "173531.187000", "173531.171000", "173531.171000", "173531.171000", "173531.171000", "173531.171000", "173531.156000"], "CsaImage.Actual3DImaPartNumber": [255, 254, 253, 252, 251, 250, 249, 248, 247, 246, 245, 244, 243, 242, 241, 240, 239, 238, 237, 236, 235, 234, 233, 232, 231, 230, 229, 228, 227, 226, 225, 224, 223, 222, 221, 220, 219, 218, 217, 216, 215, 214, 213, 212, 211, 210, 209, 208, 207, 206, 205, 204, 203, 202, 201, 200, 199, 198, 197, 196, 195, 194, 193, 192, 191, 190, 189, 188, 187, 186, 185, 184, 183, 182, 181, 180, 179, 178, 177, 176, 175, 174, 173, 172, 171, 170, 169, 168, 167, 166, 165, 164, 163, 162, 161, 160, 159, 158, 157, 156, 155, 154, 153, 152, 151, 150, 149, 148, 147, 146, 145, 144, 143, 142, 141, 140, 139, 138, 137, 136, 135, 134, 133, 132, 131, 130, 129, 128, 127, 126, 125, 124, 123, 122, 121, 120, 119, 118, 117, 116, 115, 114, 113, 112, 111, 110, 109, 108, 107, 106, 105, 104, 103, 102, 101, 100, 99, 98, 97, 96, 95, 94, 93, 92, 91, 90, 89, 88, 87, 86, 85, 84, 83, 82, 81, 80, 79, 78, 77, 76, 75, 74, 73, 72, 71, 70, 69, 68, 67, 66, 65, 64, 63, 62, 61, 60, 59, 58, 57, 56, 55, 54, 53, 52, 51, 50, 49, 48, 47, 46, 45, 44, 43, 42, 41, 40, 39, 38, 37, 36, 35, 34, 33, 32, 31, 30, 29, 28, 27, 26, 25, 24, 23, 22, 21, 20, 19, 18, 17, 16, 15, 14, 13, 12, 11, 10, 9, 8, 7, 6, 5, 4, 3, 2, 1, 0], "CsaImage.GSWDDataType": ["measured", "measured", "measured", "measured", "measured", "measured", "measured", "measured", "measured", "measured", "measured", "measured", "measured", "measured", "measured", "measured", "measured", "measured", "measured", "measured", "measured", "measured", "measured", "measured", "measured", "measured", "measured", "measured", "measured", "measured", "measured", "measured", "measured", "measured", "measured", "measured", "measured", "measured", "measured", "measured", "measured", "measured", "measured", "measured", "measured", "measured", "measured", "measured", "measured", "measured", "measured", "measured", "measured", "measured", "measured", "measured", "measured", "measured", "measured", "measured", "measured", "measured", "measured", "measured", "measured", "measured", "measured", "measured", "measured", "measured", "measured", "measured", "measured", "measured", "measured", "measured", "measured", "measured", "measured", "measured", "measured", "measured", "measured", "measured", "measured", "measured", "measured", "measured", "measured", "measured", "measured", "measured", "measured", "measured", "measured", "measured", "measured", "measured", "measured", "measured", "measured", "measured", "measured", "measured", "measured", "measured", "measured", "measured", "measured", "measured", "measured", "measured", "measured", "measured", "measured", "measured", "measured", "measured", "measured", "measured", "measured", "measured", "measured", "measured", "measured", "measured", "measured", "measured", "measured", "measured", "measured", "measured", "measured", "measured", "measured", "measured", "measured", "measured", "measured", "measured", "measured", "measured", "measured", "measured", "measured", "measured", "measured", "measured", "measured", "measured", "measured", "measured", "measured", "measured", "measured", "measured", "measured", "measured", "measured", "measured", "measured", "measured", "measured", "measured", "measured", "measured", "measured", "measured", "measured", "measured", "measured", "measured", "measured", "measured", "measured", "measured", "measured", "measured", "measured", "measured", "measured", "measured", "measured", "measured", "measured", "measured", "measured", "measured", "measured", "measured", "measured", "measured", "measured", "measured", "measured", "measured", "measured", "measured", "measured", "measured", "measured", "measured", "measured", "measured", "measured", "measured", "measured", "measured", "measured", "measured", "measured", "measured", "measured", "measured", "measured", "measured", "measured", "measured", "measured", "measured", "measured", "measured", "measured", "measured", "measured", "measured", "measured", "measured", "measured", "measured", "measured", "measured", "measured", "measured", "measured", "measured", "measured", "measured", "measured", "measured", "measured", "measured", "measured", "measured", "measured", "measured", "measured", "measured", "measured", "measured", "measured", "measured", "measured", "measured", "measured", "predicted"], "CsaImage.ICE_Dims": ["X_1_1_1_1_1_256_1_1_1_1_1_356", "X_1_1_1_1_1_255_1_1_1_1_1_356", "X_1_1_1_1_1_254_1_1_1_1_1_356", "X_1_1_1_1_1_253_1_1_1_1_1_356", "X_1_1_1_1_1_252_1_1_1_1_1_356", "X_1_1_1_1_1_251_1_1_1_1_1_356", "X_1_1_1_1_1_250_1_1_1_1_1_356", "X_1_1_1_1_1_249_1_1_1_1_1_356", "X_1_1_1_1_1_248_1_1_1_1_1_356", "X_1_1_1_1_1_247_1_1_1_1_1_356", "X_1_1_1_1_1_246_1_1_1_1_1_356", "X_1_1_1_1_1_245_1_1_1_1_1_356", "X_1_1_1_1_1_244_1_1_1_1_1_356", "X_1_1_1_1_1_243_1_1_1_1_1_356", "X_1_1_1_1_1_242_1_1_1_1_1_356", "X_1_1_1_1_1_241_1_1_1_1_1_356", "X_1_1_1_1_1_240_1_1_1_1_1_356", "X_1_1_1_1_1_239_1_1_1_1_1_356", "X_1_1_1_1_1_238_1_1_1_1_1_356", "X_1_1_1_1_1_237_1_1_1_1_1_356", "X_1_1_1_1_1_236_1_1_1_1_1_356", "X_1_1_1_1_1_235_1_1_1_1_1_356", "X_1_1_1_1_1_234_1_1_1_1_1_356", "X_1_1_1_1_1_233_1_1_1_1_1_356", "X_1_1_1_1_1_232_1_1_1_1_1_356", "X_1_1_1_1_1_231_1_1_1_1_1_356", "X_1_1_1_1_1_230_1_1_1_1_1_356", "X_1_1_1_1_1_229_1_1_1_1_1_356", "X_1_1_1_1_1_228_1_1_1_1_1_356", "X_1_1_1_1_1_227_1_1_1_1_1_356", "X_1_1_1_1_1_226_1_1_1_1_1_356", "X_1_1_1_1_1_225_1_1_1_1_1_356", "X_1_1_1_1_1_224_1_1_1_1_1_356", "X_1_1_1_1_1_223_1_1_1_1_1_356", "X_1_1_1_1_1_222_1_1_1_1_1_356", "X_1_1_1_1_1_221_1_1_1_1_1_356", "X_1_1_1_1_1_220_1_1_1_1_1_356", "X_1_1_1_1_1_219_1_1_1_1_1_356", "X_1_1_1_1_1_218_1_1_1_1_1_356", "X_1_1_1_1_1_217_1_1_1_1_1_356", "X_1_1_1_1_1_216_1_1_1_1_1_356", "X_1_1_1_1_1_215_1_1_1_1_1_356", "X_1_1_1_1_1_214_1_1_1_1_1_356", "X_1_1_1_1_1_213_1_1_1_1_1_356", "X_1_1_1_1_1_212_1_1_1_1_1_356", "X_1_1_1_1_1_211_1_1_1_1_1_356", "X_1_1_1_1_1_210_1_1_1_1_1_356", "X_1_1_1_1_1_209_1_1_1_1_1_356", "X_1_1_1_1_1_208_1_1_1_1_1_356", "X_1_1_1_1_1_207_1_1_1_1_1_356", "X_1_1_1_1_1_206_1_1_1_1_1_356", "X_1_1_1_1_1_205_1_1_1_1_1_356", "X_1_1_1_1_1_204_1_1_1_1_1_356", "X_1_1_1_1_1_203_1_1_1_1_1_356", "X_1_1_1_1_1_202_1_1_1_1_1_356", "X_1_1_1_1_1_201_1_1_1_1_1_356", "X_1_1_1_1_1_200_1_1_1_1_1_356", "X_1_1_1_1_1_199_1_1_1_1_1_356", "X_1_1_1_1_1_198_1_1_1_1_1_356", "X_1_1_1_1_1_197_1_1_1_1_1_356", "X_1_1_1_1_1_196_1_1_1_1_1_356", "X_1_1_1_1_1_195_1_1_1_1_1_356", "X_1_1_1_1_1_194_1_1_1_1_1_356", "X_1_1_1_1_1_193_1_1_1_1_1_356", "X_1_1_1_1_1_192_1_1_1_1_1_356", "X_1_1_1_1_1_191_1_1_1_1_1_356", "X_1_1_1_1_1_190_1_1_1_1_1_356", "X_1_1_1_1_1_189_1_1_1_1_1_356", "X_1_1_1_1_1_188_1_1_1_1_1_356", "X_1_1_1_1_1_187_1_1_1_1_1_356", "X_1_1_1_1_1_186_1_1_1_1_1_356", "X_1_1_1_1_1_185_1_1_1_1_1_356", "X_1_1_1_1_1_184_1_1_1_1_1_356", "X_1_1_1_1_1_183_1_1_1_1_1_356", "X_1_1_1_1_1_182_1_1_1_1_1_356", "X_1_1_1_1_1_181_1_1_1_1_1_356", "X_1_1_1_1_1_180_1_1_1_1_1_356", "X_1_1_1_1_1_179_1_1_1_1_1_356", "X_1_1_1_1_1_178_1_1_1_1_1_356", "X_1_1_1_1_1_177_1_1_1_1_1_356", "X_1_1_1_1_1_176_1_1_1_1_1_356", "X_1_1_1_1_1_175_1_1_1_1_1_356", "X_1_1_1_1_1_174_1_1_1_1_1_356", "X_1_1_1_1_1_173_1_1_1_1_1_356", "X_1_1_1_1_1_172_1_1_1_1_1_356", "X_1_1_1_1_1_171_1_1_1_1_1_356", "X_1_1_1_1_1_170_1_1_1_1_1_356", "X_1_1_1_1_1_169_1_1_1_1_1_356", "X_1_1_1_1_1_168_1_1_1_1_1_356", "X_1_1_1_1_1_167_1_1_1_1_1_356", "X_1_1_1_1_1_166_1_1_1_1_1_356", "X_1_1_1_1_1_165_1_1_1_1_1_356", "X_1_1_1_1_1_164_1_1_1_1_1_356", "X_1_1_1_1_1_163_1_1_1_1_1_356", "X_1_1_1_1_1_162_1_1_1_1_1_356", "X_1_1_1_1_1_161_1_1_1_1_1_356", "X_1_1_1_1_1_160_1_1_1_1_1_356", "X_1_1_1_1_1_159_1_1_1_1_1_356", "X_1_1_1_1_1_158_1_1_1_1_1_356", "X_1_1_1_1_1_157_1_1_1_1_1_356", "X_1_1_1_1_1_156_1_1_1_1_1_356", "X_1_1_1_1_1_155_1_1_1_1_1_356", "X_1_1_1_1_1_154_1_1_1_1_1_356", "X_1_1_1_1_1_153_1_1_1_1_1_356", "X_1_1_1_1_1_152_1_1_1_1_1_356", "X_1_1_1_1_1_151_1_1_1_1_1_356", "X_1_1_1_1_1_150_1_1_1_1_1_356", "X_1_1_1_1_1_149_1_1_1_1_1_356", "X_1_1_1_1_1_148_1_1_1_1_1_356", "X_1_1_1_1_1_147_1_1_1_1_1_356", "X_1_1_1_1_1_146_1_1_1_1_1_356", "X_1_1_1_1_1_145_1_1_1_1_1_356", "X_1_1_1_1_1_144_1_1_1_1_1_356", "X_1_1_1_1_1_143_1_1_1_1_1_356", "X_1_1_1_1_1_142_1_1_1_1_1_356", "X_1_1_1_1_1_141_1_1_1_1_1_356", "X_1_1_1_1_1_140_1_1_1_1_1_356", "X_1_1_1_1_1_139_1_1_1_1_1_356", "X_1_1_1_1_1_138_1_1_1_1_1_356", "X_1_1_1_1_1_137_1_1_1_1_1_356", "X_1_1_1_1_1_136_1_1_1_1_1_356", "X_1_1_1_1_1_135_1_1_1_1_1_356", "X_1_1_1_1_1_134_1_1_1_1_1_356", "X_1_1_1_1_1_133_1_1_1_1_1_356", "X_1_1_1_1_1_132_1_1_1_1_1_356", "X_1_1_1_1_1_131_1_1_1_1_1_356", "X_1_1_1_1_1_130_1_1_1_1_1_356", "X_1_1_1_1_1_129_1_1_1_1_1_356", "X_1_1_1_1_1_128_1_1_1_1_1_356", "X_1_1_1_1_1_127_1_1_1_1_1_356", "X_1_1_1_1_1_126_1_1_1_1_1_356", "X_1_1_1_1_1_125_1_1_1_1_1_356", "X_1_1_1_1_1_124_1_1_1_1_1_356", "X_1_1_1_1_1_123_1_1_1_1_1_356", "X_1_1_1_1_1_122_1_1_1_1_1_356", "X_1_1_1_1_1_121_1_1_1_1_1_356", "X_1_1_1_1_1_120_1_1_1_1_1_356", "X_1_1_1_1_1_119_1_1_1_1_1_356", "X_1_1_1_1_1_118_1_1_1_1_1_356", "X_1_1_1_1_1_117_1_1_1_1_1_356", "X_1_1_1_1_1_116_1_1_1_1_1_356", "X_1_1_1_1_1_115_1_1_1_1_1_356", "X_1_1_1_1_1_114_1_1_1_1_1_356", "X_1_1_1_1_1_113_1_1_1_1_1_356", "X_1_1_1_1_1_112_1_1_1_1_1_356", "X_1_1_1_1_1_111_1_1_1_1_1_356", "X_1_1_1_1_1_110_1_1_1_1_1_356", "X_1_1_1_1_1_109_1_1_1_1_1_356", "X_1_1_1_1_1_108_1_1_1_1_1_356", "X_1_1_1_1_1_107_1_1_1_1_1_356", "X_1_1_1_1_1_106_1_1_1_1_1_356", "X_1_1_1_1_1_105_1_1_1_1_1_356", "X_1_1_1_1_1_104_1_1_1_1_1_356", "X_1_1_1_1_1_103_1_1_1_1_1_356", "X_1_1_1_1_1_102_1_1_1_1_1_356", "X_1_1_1_1_1_101_1_1_1_1_1_356", "X_1_1_1_1_1_100_1_1_1_1_1_356", "X_1_1_1_1_1_99_1_1_1_1_1_356", "X_1_1_1_1_1_98_1_1_1_1_1_356", "X_1_1_1_1_1_97_1_1_1_1_1_356", "X_1_1_1_1_1_96_1_1_1_1_1_356", "X_1_1_1_1_1_95_1_1_1_1_1_356", "X_1_1_1_1_1_94_1_1_1_1_1_356", "X_1_1_1_1_1_93_1_1_1_1_1_356", "X_1_1_1_1_1_92_1_1_1_1_1_356", "X_1_1_1_1_1_91_1_1_1_1_1_356", "X_1_1_1_1_1_90_1_1_1_1_1_356", "X_1_1_1_1_1_89_1_1_1_1_1_356", "X_1_1_1_1_1_88_1_1_1_1_1_356", "X_1_1_1_1_1_87_1_1_1_1_1_356", "X_1_1_1_1_1_86_1_1_1_1_1_356", "X_1_1_1_1_1_85_1_1_1_1_1_356", "X_1_1_1_1_1_84_1_1_1_1_1_356", "X_1_1_1_1_1_83_1_1_1_1_1_356", "X_1_1_1_1_1_82_1_1_1_1_1_356", "X_1_1_1_1_1_81_1_1_1_1_1_356", "X_1_1_1_1_1_80_1_1_1_1_1_356", "X_1_1_1_1_1_79_1_1_1_1_1_356", "X_1_1_1_1_1_78_1_1_1_1_1_356", "X_1_1_1_1_1_77_1_1_1_1_1_356", "X_1_1_1_1_1_76_1_1_1_1_1_356", "X_1_1_1_1_1_75_1_1_1_1_1_356", "X_1_1_1_1_1_74_1_1_1_1_1_356", "X_1_1_1_1_1_73_1_1_1_1_1_356", "X_1_1_1_1_1_72_1_1_1_1_1_356", "X_1_1_1_1_1_71_1_1_1_1_1_356", "X_1_1_1_1_1_70_1_1_1_1_1_356", "X_1_1_1_1_1_69_1_1_1_1_1_356", "X_1_1_1_1_1_68_1_1_1_1_1_356", "X_1_1_1_1_1_67_1_1_1_1_1_356", "X_1_1_1_1_1_66_1_1_1_1_1_356", "X_1_1_1_1_1_65_1_1_1_1_1_356", "X_1_1_1_1_1_64_1_1_1_1_1_356", "X_1_1_1_1_1_63_1_1_1_1_1_356", "X_1_1_1_1_1_62_1_1_1_1_1_356", "X_1_1_1_1_1_61_1_1_1_1_1_356", "X_1_1_1_1_1_60_1_1_1_1_1_356", "X_1_1_1_1_1_59_1_1_1_1_1_356", "X_1_1_1_1_1_58_1_1_1_1_1_356", "X_1_1_1_1_1_57_1_1_1_1_1_356", "X_1_1_1_1_1_56_1_1_1_1_1_356", "X_1_1_1_1_1_55_1_1_1_1_1_356", "X_1_1_1_1_1_54_1_1_1_1_1_356", "X_1_1_1_1_1_53_1_1_1_1_1_356", "X_1_1_1_1_1_52_1_1_1_1_1_356", "X_1_1_1_1_1_51_1_1_1_1_1_356", "X_1_1_1_1_1_50_1_1_1_1_1_356", "X_1_1_1_1_1_49_1_1_1_1_1_356", "X_1_1_1_1_1_48_1_1_1_1_1_356", "X_1_1_1_1_1_47_1_1_1_1_1_356", "X_1_1_1_1_1_46_1_1_1_1_1_356", "X_1_1_1_1_1_45_1_1_1_1_1_356", "X_1_1_1_1_1_44_1_1_1_1_1_356", "X_1_1_1_1_1_43_1_1_1_1_1_356", "X_1_1_1_1_1_42_1_1_1_1_1_356", "X_1_1_1_1_1_41_1_1_1_1_1_356", "X_1_1_1_1_1_40_1_1_1_1_1_356", "X_1_1_1_1_1_39_1_1_1_1_1_356", "X_1_1_1_1_1_38_1_1_1_1_1_356", "X_1_1_1_1_1_37_1_1_1_1_1_356", "X_1_1_1_1_1_36_1_1_1_1_1_356", "X_1_1_1_1_1_35_1_1_1_1_1_356", "X_1_1_1_1_1_34_1_1_1_1_1_356", "X_1_1_1_1_1_33_1_1_1_1_1_356", "X_1_1_1_1_1_32_1_1_1_1_1_356", "X_1_1_1_1_1_31_1_1_1_1_1_356", "X_1_1_1_1_1_30_1_1_1_1_1_356", "X_1_1_1_1_1_29_1_1_1_1_1_356", "X_1_1_1_1_1_28_1_1_1_1_1_356", "X_1_1_1_1_1_27_1_1_1_1_1_356", "X_1_1_1_1_1_26_1_1_1_1_1_356", "X_1_1_1_1_1_25_1_1_1_1_1_356", "X_1_1_1_1_1_24_1_1_1_1_1_356", "X_1_1_1_1_1_23_1_1_1_1_1_356", "X_1_1_1_1_1_22_1_1_1_1_1_356", "X_1_1_1_1_1_21_1_1_1_1_1_356", "X_1_1_1_1_1_20_1_1_1_1_1_356", "X_1_1_1_1_1_19_1_1_1_1_1_356", "X_1_1_1_1_1_18_1_1_1_1_1_356", "X_1_1_1_1_1_17_1_1_1_1_1_356", "X_1_1_1_1_1_16_1_1_1_1_1_356", "X_1_1_1_1_1_15_1_1_1_1_1_356", "X_1_1_1_1_1_14_1_1_1_1_1_356", "X_1_1_1_1_1_13_1_1_1_1_1_356", "X_1_1_1_1_1_12_1_1_1_1_1_356", "X_1_1_1_1_1_11_1_1_1_1_1_356", "X_1_1_1_1_1_10_1_1_1_1_1_356", "X_1_1_1_1_1_9_1_1_1_1_1_356", "X_1_1_1_1_1_8_1_1_1_1_1_356", "X_1_1_1_1_1_7_1_1_1_1_1_356", "X_1_1_1_1_1_6_1_1_1_1_1_356", "X_1_1_1_1_1_5_1_1_1_1_1_356", "X_1_1_1_1_1_4_1_1_1_1_1_356", "X_1_1_1_1_1_3_1_1_1_1_1_356", "X_1_1_1_1_1_2_1_1_1_1_1_356", "X_1_1_1_1_1_1_1_1_1_1_1_356"], "CsaImage.SlicePosition_PCS": [[91.97849601, -90.47872238, 123.75061249], [91.17971084, -90.469188, 123.70758507], [90.38092566, -90.45965361, 123.66455764], [89.58214049, -90.45011923, 123.62153022], [88.78335531, -90.44058484, 123.57850279], [87.98457014, -90.43105046, 123.53547537], [87.18578496, -90.42151608, 123.49244794], [86.38699979, -90.41198169, 123.44942051], [85.58821461, -90.40244731, 123.40639309], [84.78942944, -90.39291292, 123.36336566], [83.99064426, -90.38337854, 123.32033824], [83.19185909, -90.37384415, 123.27731081], [82.39307392, -90.36430977, 123.23428339], [81.59428874, -90.35477539, 123.19125596], [80.79550357, -90.345241, 123.14822854], [79.99671839, -90.33570662, 123.10520111], [79.19793322, -90.32617223, 123.06217369], [78.39914804, -90.31663785, 123.01914626], [77.60036287, -90.30710347, 122.97611883], [76.80157769, -90.29756908, 122.93309141], [76.00279252, -90.2880347, 122.89006398], [75.20400734, -90.27850031, 122.84703656], [74.40522217, -90.26896593, 122.80400913], [73.60643699, -90.25943154, 122.76098171], [72.80765182, -90.24989716, 122.71795428], [72.00886664, -90.24036278, 122.67492686], [71.21008147, -90.23082839, 122.63189943], [70.4112963, -90.22129401, 122.588872], [69.61251112, -90.21175962, 122.54584458], [68.81372595, -90.20222524, 122.50281715], [68.01494077, -90.19269086, 122.45978973], [67.2161556, -90.18315647, 122.4167623], [66.41737042, -90.17362209, 122.37373488], [65.61858525, -90.1640877, 122.33070745], [64.81980007, -90.15455332, 122.28768003], [64.0210149, -90.14501893, 122.2446526], [63.22222972, -90.13548455, 122.20162517], [62.42344455, -90.12595017, 122.15859775], [61.62465937, -90.11641578, 122.11557032], [60.8258742, -90.1068814, 122.0725429], [60.02708903, -90.09734701, 122.02951547], [59.22830385, -90.08781263, 121.98648805], [58.42951868, -90.07827825, 121.94346062], [57.6307335, -90.06874386, 121.9004332], [56.83194833, -90.05920948, 121.85740577], [56.03316315, -90.04967509, 121.81437835], [55.23437798, -90.04014071, 121.77135092], [54.4355928, -90.03060632, 121.72832349], [53.63680763, -90.02107194, 121.68529607], [52.83802245, -90.01153756, 121.64226864], [52.03923728, -90.00200317, 121.59924122], [51.2404521, -89.99246879, 121.55621379], [50.44166693, -89.9829344, 121.51318637], [49.64288175, -89.97340002, 121.47015894], [48.84409658, -89.96386563, 121.42713152], [48.04531141, -89.95433125, 121.38410409], [47.24652623, -89.94479687, 121.34107666], [46.44774106, -89.93526248, 121.29804924], [45.64895588, -89.9257281, 121.25502181], [44.85017071, -89.91619371, 121.21199439], [44.05138553, -89.90665933, 121.16896696], [43.25260036, -89.89712495, 121.12593954], [42.45381518, -89.88759056, 121.08291211], [41.65503001, -89.87805618, 121.03988469], [40.85624483, -89.86852179, 120.99685726], [40.05745966, -89.85898741, 120.95382984], [39.25867448, -89.84945302, 120.91080241], [38.45988931, -89.83991864, 120.86777498], [37.66110413, -89.83038426, 120.82474756], [36.86231896, -89.82084987, 120.78172013], [36.06353379, -89.81131549, 120.73869271], [35.26474861, -89.8017811, 120.69566528], [34.46596344, -89.79224672, 120.65263786], [33.66717826, -89.78271234, 120.60961043], [32.86839309, -89.77317795, 120.56658301], [32.06960791, -89.76364357, 120.52355558], [31.27082274, -89.75410918, 120.48052815], [30.47203756, -89.7445748, 120.43750073], [29.67325239, -89.73504041, 120.3944733], [28.87446721, -89.72550603, 120.35144588], [28.07568204, -89.71597165, 120.30841845], [27.27689686, -89.70643726, 120.26539103], [26.47811169, -89.69690288, 120.2223636], [25.67932652, -89.68736849, 120.17933618], [24.88054134, -89.67783411, 120.13630875], [24.08175617, -89.66829973, 120.09328133], [23.28297099, -89.65876534, 120.0502539], [22.48418582, -89.64923096, 120.00722647], [21.68540064, -89.63969657, 119.96419905], [20.88661547, -89.63016219, 119.92117162], [20.08783029, -89.6206278, 119.8781442], [19.28904512, -89.61109342, 119.83511677], [18.49025994, -89.60155904, 119.79208935], [17.69147477, -89.59202465, 119.74906192], [16.89268959, -89.58249027, 119.7060345], [16.09390442, -89.57295588, 119.66300707], [15.29511924, -89.5634215, 119.61997964], [14.49633407, -89.55388711, 119.57695222], [13.6975489, -89.54435273, 119.53392479], [12.89876372, -89.53481835, 119.49089737], [12.09997855, -89.52528396, 119.44786994], [11.30119337, -89.51574958, 119.40484252], [10.5024082, -89.50621519, 119.36181509], [9.70362302, -89.49668081, 119.31878767], [8.90483785, -89.48714643, 119.27576024], [8.10605267, -89.47761204, 119.23273282], [7.3072675, -89.46807766, 119.18970539], [6.50848232, -89.45854327, 119.14667796], [5.70969715, -89.44900889, 119.10365054], [4.91091197, -89.4394745, 119.06062311], [4.1121268, -89.42994012, 119.01759569], [3.31334162, -89.42040574, 118.97456826], [2.51455645, -89.41087135, 118.93154084], [1.71577128, -89.40133697, 118.88851341], [0.9169861, -89.39180258, 118.84548599], [0.11820093, -89.3822682, 118.80245856], [-0.68058425, -89.37273382, 118.75943113], [-1.47936942, -89.36319943, 118.71640371], [-2.2781546, -89.35366505, 118.67337628], [-3.07693977, -89.34413066, 118.63034886], [-3.87572495, -89.33459628, 118.58732143], [-4.67451012, -89.32506189, 118.54429401], [-5.4732953, -89.31552751, 118.50126658], [-6.27208047, -89.30599313, 118.45823916], [-7.07086565, -89.29645874, 118.41521173], [-7.86965082, -89.28692436, 118.37218431], [-8.668436, -89.27738997, 118.32915688], [-9.46722117, -89.26785559, 118.28612945], [-10.26600634, -89.25832121, 118.24310203], [-11.06479152, -89.24878682, 118.2000746], [-11.86357669, -89.23925244, 118.15704718], [-12.66236187, -89.22971805, 118.11401975], [-13.46114704, -89.22018367, 118.07099233], [-14.25993222, -89.21064928, 118.0279649], [-15.05871739, -89.2011149, 117.98493748], [-15.85750257, -89.19158052, 117.94191005], [-16.65628774, -89.18204613, 117.89888262], [-17.45507292, -89.17251175, 117.8558552], [-18.25385809, -89.16297736, 117.81282777], [-19.05264327, -89.15344298, 117.76980035], [-19.85142844, -89.14390859, 117.72677292], [-20.65021361, -89.13437421, 117.6837455], [-21.44899879, -89.12483983, 117.64071807], [-22.24778396, -89.11530544, 117.59769065], [-23.04656914, -89.10577106, 117.55466322], [-23.84535431, -89.09623667, 117.5116358], [-24.64413949, -89.08670229, 117.46860837], [-25.44292466, -89.07716791, 117.42558094], [-26.24170984, -89.06763352, 117.38255352], [-27.04049501, -89.05809914, 117.33952609], [-27.83928019, -89.04856475, 117.29649867], [-28.63806536, -89.03903037, 117.25347124], [-29.43685054, -89.02949598, 117.21044382], [-30.23563571, -89.0199616, 117.16741639], [-31.03442089, -89.01042722, 117.12438897], [-31.83320606, -89.00089283, 117.08136154], [-32.63199123, -88.99135845, 117.03833411], [-33.43077641, -88.98182406, 116.99530669], [-34.22956158, -88.97228968, 116.95227926], [-35.02834676, -88.9627553, 116.90925184], [-35.82713193, -88.95322091, 116.86622441], [-36.62591711, -88.94368653, 116.82319699], [-37.42470228, -88.93415214, 116.78016956], [-38.22348746, -88.92461776, 116.73714214], [-39.02227263, -88.91508337, 116.69411471], [-39.82105781, -88.90554899, 116.65108729], [-40.61984298, -88.89601461, 116.60805986], [-41.41862816, -88.88648022, 116.56503243], [-42.21741333, -88.87694584, 116.52200501], [-43.01619851, -88.86741145, 116.47897758], [-43.81498368, -88.85787707, 116.43595016], [-44.61376885, -88.84834269, 116.39292273], [-45.41255403, -88.8388083, 116.34989531], [-46.2113392, -88.82927392, 116.30686788], [-47.01012438, -88.81973953, 116.26384046], [-47.80890955, -88.81020515, 116.22081303], [-48.60769473, -88.80067076, 116.1777856], [-49.4064799, -88.79113638, 116.13475818], [-50.20526508, -88.781602, 116.09173075], [-51.00405025, -88.77206761, 116.04870333], [-51.80283543, -88.76253323, 116.0056759], [-52.6016206, -88.75299884, 115.96264848], [-53.40040578, -88.74346446, 115.91962105], [-54.19919095, -88.73393008, 115.87659363], [-54.99797612, -88.72439569, 115.8335662], [-55.7967613, -88.71486131, 115.79053878], [-56.59554647, -88.70532692, 115.74751135], [-57.39433165, -88.69579254, 115.70448392], [-58.19311682, -88.68625815, 115.6614565], [-58.991902, -88.67672377, 115.61842907], [-59.79068717, -88.66718939, 115.57540165], [-60.58947235, -88.657655, 115.53237422], [-61.38825752, -88.64812062, 115.4893468], [-62.1870427, -88.63858623, 115.44631937], [-62.98582787, -88.62905185, 115.40329195], [-63.78461305, -88.61951746, 115.36026452], [-64.58339822, -88.60998308, 115.31723709], [-65.3821834, -88.6004487, 115.27420967], [-66.18096857, -88.59091431, 115.23118224], [-66.97975374, -88.58137993, 115.18815482], [-67.77853892, -88.57184554, 115.14512739], [-68.57732409, -88.56231116, 115.10209997], [-69.37610927, -88.55277678, 115.05907254], [-70.17489444, -88.54324239, 115.01604512], [-70.97367962, -88.53370801, 114.97301769], [-71.77246479, -88.52417362, 114.92999027], [-72.57124997, -88.51463924, 114.88696284], [-73.37003514, -88.50510485, 114.84393541], [-74.16882032, -88.49557047, 114.80090799], [-74.96760549, -88.48603609, 114.75788056], [-75.76639067, -88.4765017, 114.71485314], [-76.56517584, -88.46696732, 114.67182571], [-77.36396102, -88.45743293, 114.62879829], [-78.16274619, -88.44789855, 114.58577086], [-78.96153136, -88.43836417, 114.54274344], [-79.76031654, -88.42882978, 114.49971601], [-80.55910171, -88.4192954, 114.45668858], [-81.35788689, -88.40976101, 114.41366116], [-82.15667206, -88.40022663, 114.37063373], [-82.95545724, -88.39069224, 114.32760631], [-83.75424241, -88.38115786, 114.28457888], [-84.55302759, -88.37162348, 114.24155146], [-85.35181276, -88.36208909, 114.19852403], [-86.15059794, -88.35255471, 114.15549661], [-86.94938311, -88.34302032, 114.11246918], [-87.74816829, -88.33348594, 114.06944176], [-88.54695346, -88.32395156, 114.02641433], [-89.34573864, -88.31441717, 113.9833869], [-90.14452381, -88.30488279, 113.94035948], [-90.94330898, -88.2953484, 113.89733205], [-91.74209416, -88.28581402, 113.85430463], [-92.54087933, -88.27627963, 113.8112772], [-93.33966451, -88.26674525, 113.76824978], [-94.13844968, -88.25721087, 113.72522235], [-94.93723486, -88.24767648, 113.68219493], [-95.73602003, -88.2381421, 113.6391675], [-96.53480521, -88.22860771, 113.59614007], [-97.33359038, -88.21907333, 113.55311265], [-98.13237556, -88.20953894, 113.51008522], [-98.93116073, -88.20000456, 113.4670578], [-99.72994591, -88.19047018, 113.42403037], [-100.52873108, -88.18093579, 113.38100295], [-101.32751625, -88.17140141, 113.33797552], [-102.12630143, -88.16186702, 113.2949481], [-102.9250866, -88.15233264, 113.25192067], [-103.72387178, -88.14279826, 113.20889325], [-104.52265695, -88.13326387, 113.16586582], [-105.32144213, -88.12372949, 113.12283839], [-106.1202273, -88.1141951, 113.07981097], [-106.91901248, -88.10466072, 113.03678354], [-107.71779765, -88.09512633, 112.99375612], [-108.51658283, -88.08559195, 112.95072869], [-109.315368, -88.07605757, 112.90770127], [-110.11415318, -88.06652318, 112.86467384], [-110.91293835, -88.0569888, 112.82164642], [-111.71172353, -88.04745441, 112.77861899]], "ImagePositionPatient": [[91.978496011325, -90.478722380813, 123.75061249301], [91.179710836671, -90.469187996629, 123.70758506751], [90.380925662017, -90.459653612444, 123.66455764201], [89.582140487363, -90.45011922826, 123.62153021651], [88.78335531271, -90.440584844075, 123.57850279101], [87.984570138056, -90.431050459891, 123.53547536551], [87.185784963402, -90.421516075706, 123.49244794001], [86.386999788749, -90.411981691521, 123.44942051451], [85.588214614095, -90.402447307337, 123.40639308901], [84.789429439441, -90.392912923152, 123.36336566351], [83.990644264788, -90.383378538968, 123.32033823801], [83.191859090134, -90.373844154783, 123.27731081251], [82.39307391548, -90.364309770599, 123.23428338701], [81.594288740827, -90.354775386414, 123.19125596151], [80.795503566173, -90.34524100223, 123.14822853601], [79.996718391519, -90.335706618045, 123.10520111051], [79.197933216866, -90.326172233861, 123.06217368501], [78.399148042212, -90.316637849676, 123.01914625951], [77.600362867558, -90.307103465491, 122.976118834], [76.801577692905, -90.297569081307, 122.9330914085], [76.002792518251, -90.288034697122, 122.890063983], [75.204007343597, -90.278500312938, 122.8470365575], [74.405222168944, -90.268965928753, 122.804009132], [73.60643699429, -90.259431544569, 122.7609817065], [72.807651819636, -90.249897160384, 122.717954281], [72.008866644983, -90.2403627762, 122.6749268555], [71.210081470329, -90.230828392015, 122.63189943], [70.411296295675, -90.221294007831, 122.5888720045], [69.612511121022, -90.211759623646, 122.545844579], [68.813725946368, -90.202225239462, 122.5028171535], [68.014940771714, -90.192690855277, 122.459789728], [67.21615559706, -90.183156471092, 122.4167623025], [66.417370422407, -90.173622086908, 122.373734877], [65.618585247753, -90.164087702723, 122.3307074515], [64.819800073099, -90.154553318539, 122.287680026], [64.021014898446, -90.145018934354, 122.2446526005], [63.222229723792, -90.13548455017, 122.201625175], [62.423444549138, -90.125950165985, 122.1585977495], [61.624659374485, -90.116415781801, 122.11557032399], [60.825874199831, -90.106881397616, 122.07254289849], [60.027089025177, -90.097347013432, 122.02951547299], [59.228303850524, -90.087812629247, 121.98648804749], [58.42951867587, -90.078278245062, 121.94346062199], [57.630733501216, -90.068743860878, 121.90043319649], [56.831948326563, -90.059209476693, 121.85740577099], [56.033163151909, -90.049675092509, 121.81437834549], [55.234377977255, -90.040140708324, 121.77135091999], [54.435592802602, -90.03060632414, 121.72832349449], [53.636807627948, -90.021071939955, 121.68529606899], [52.838022453294, -90.011537555771, 121.64226864349], [52.039237278641, -90.002003171586, 121.59924121799], [51.240452103987, -89.992468787402, 121.55621379249], [50.441666929333, -89.982934403217, 121.51318636699], [49.64288175468, -89.973400019033, 121.47015894149], [48.844096580026, -89.963865634848, 121.42713151599], [48.045311405372, -89.954331250663, 121.38410409049], [47.246526230719, -89.944796866479, 121.34107666499], [46.447741056065, -89.935262482294, 121.29804923949], [45.648955881411, -89.92572809811, 121.25502181399], [44.850170706757, -89.916193713925, 121.21199438848], [44.051385532104, -89.906659329741, 121.16896696298], [43.25260035745, -89.897124945556, 121.12593953748], [42.453815182796, -89.887590561372, 121.08291211198], [41.655030008143, -89.878056177187, 121.03988468648], [40.856244833489, -89.868521793003, 120.99685726098], [40.057459658835, -89.858987408818, 120.95382983548], [39.258674484182, -89.849453024633, 120.91080240998], [38.459889309528, -89.839918640449, 120.86777498448], [37.661104134874, -89.830384256264, 120.82474755898], [36.862318960221, -89.82084987208, 120.78172013348], [36.063533785567, -89.811315487895, 120.73869270798], [35.264748610913, -89.801781103711, 120.69566528248], [34.46596343626, -89.792246719526, 120.65263785698], [33.667178261606, -89.782712335342, 120.60961043148], [32.868393086952, -89.773177951157, 120.56658300598], [32.069607912299, -89.763643566973, 120.52355558048], [31.270822737645, -89.754109182788, 120.48052815498], [30.472037562991, -89.744574798604, 120.43750072948], [29.673252388338, -89.735040414419, 120.39447330398], [28.874467213684, -89.725506030234, 120.35144587847], [28.07568203903, -89.71597164605, 120.30841845297], [27.276896864377, -89.706437261865, 120.26539102747], [26.478111689723, -89.696902877681, 120.22236360197], [25.679326515069, -89.687368493496, 120.17933617647], [24.880541340416, -89.677834109312, 120.13630875097], [24.081756165762, -89.668299725127, 120.09328132547], [23.282970991108, -89.658765340943, 120.05025389997], [22.484185816454, -89.649230956758, 120.00722647447], [21.685400641801, -89.639696572574, 119.96419904897], [20.886615467147, -89.630162188389, 119.92117162347], [20.087830292493, -89.620627804204, 119.87814419797], [19.28904511784, -89.61109342002, 119.83511677247], [18.490259943186, -89.601559035835, 119.79208934697], [17.691474768532, -89.592024651651, 119.74906192147], [16.892689593879, -89.582490267466, 119.70603449597], [16.093904419225, -89.572955883282, 119.66300707047], [15.295119244571, -89.563421499097, 119.61997964497], [14.496334069918, -89.553887114913, 119.57695221947], [13.697548895264, -89.544352730728, 119.53392479397], [12.89876372061, -89.534818346544, 119.49089736847], [12.099978545957, -89.525283962359, 119.44786994296], [11.301193371303, -89.515749578175, 119.40484251746], [10.502408196649, -89.50621519399, 119.36181509196], [9.7036230219956, -89.496680809805, 119.31878766646], [8.904837847342, -89.487146425621, 119.27576024096], [8.1060526726883, -89.477612041436, 119.23273281546], [7.3072674980346, -89.468077657252, 119.18970538996], [6.5084823233809, -89.458543273067, 119.14667796446], [5.7096971487272, -89.449008888883, 119.10365053896], [4.9109119740736, -89.439474504698, 119.06062311346], [4.1121267994199, -89.429940120514, 119.01759568796], [3.3133416247662, -89.420405736329, 118.97456826246], [2.5145564501125, -89.410871352145, 118.93154083696], [1.7157712754589, -89.40133696796, 118.88851341146], [0.91698610080517, -89.391802583775, 118.84548598596], [0.11820092615149, -89.382268199591, 118.80245856046], [-0.6805842485022, -89.372733815406, 118.75943113496], [-1.4793694231559, -89.363199431222, 118.71640370946], [-2.2781545978095, -89.353665047037, 118.67337628396], [-3.0769397724632, -89.344130662853, 118.63034885846], [-3.8757249471169, -89.334596278668, 118.58732143295], [-4.6745101217706, -89.325061894484, 118.54429400745], [-5.4732952964243, -89.315527510299, 118.50126658195], [-6.2720804710779, -89.305993126115, 118.45823915645], [-7.0708656457316, -89.29645874193, 118.41521173095], [-7.8696508203853, -89.286924357746, 118.37218430545], [-8.668435995039, -89.277389973561, 118.32915687995], [-9.4672211696927, -89.267855589376, 118.28612945445], [-10.266006344346, -89.258321205192, 118.24310202895], [-11.064791519, -89.248786821007, 118.20007460345], [-11.863576693654, -89.239252436823, 118.15704717795], [-12.662361868307, -89.229718052638, 118.11401975245], [-13.461147042961, -89.220183668454, 118.07099232695], [-14.259932217615, -89.210649284269, 118.02796490145], [-15.058717392268, -89.201114900085, 117.98493747595], [-15.857502566922, -89.1915805159, 117.94191005045], [-16.656287741576, -89.182046131716, 117.89888262495], [-17.455072916229, -89.172511747531, 117.85585519945], [-18.253858090883, -89.162977363346, 117.81282777395], [-19.052643265537, -89.153442979162, 117.76980034845], [-19.85142844019, -89.143908594977, 117.72677292295], [-20.650213614844, -89.134374210793, 117.68374549744], [-21.448998789498, -89.124839826608, 117.64071807194], [-22.247783964152, -89.115305442424, 117.59769064644], [-23.046569138805, -89.105771058239, 117.55466322094], [-23.845354313459, -89.096236674055, 117.51163579544], [-24.644139488113, -89.08670228987, 117.46860836994], [-25.442924662766, -89.077167905686, 117.42558094444], [-26.24170983742, -89.067633521501, 117.38255351894], [-27.040495012074, -89.058099137317, 117.33952609344], [-27.839280186727, -89.048564753132, 117.29649866794], [-28.638065361381, -89.039030368947, 117.25347124244], [-29.436850536035, -89.029495984763, 117.21044381694], [-30.235635710688, -89.019961600578, 117.16741639144], [-31.034420885342, -89.010427216394, 117.12438896594], [-31.833206059996, -89.000892832209, 117.08136154044], [-32.631991234649, -88.991358448025, 117.03833411494], [-33.430776409303, -88.98182406384, 116.99530668944], [-34.229561583957, -88.972289679656, 116.95227926394], [-35.02834675861, -88.962755295471, 116.90925183844], [-35.827131933264, -88.953220911287, 116.86622441294], [-36.625917107918, -88.943686527102, 116.82319698743], [-37.424702282571, -88.934152142917, 116.78016956193], [-38.223487457225, -88.924617758733, 116.73714213643], [-39.022272631879, -88.915083374548, 116.69411471093], [-39.821057806532, -88.905548990364, 116.65108728543], [-40.619842981186, -88.896014606179, 116.60805985993], [-41.41862815584, -88.886480221995, 116.56503243443], [-42.217413330493, -88.87694583781, 116.52200500893], [-43.016198505147, -88.867411453626, 116.47897758343], [-43.814983679801, -88.857877069441, 116.43595015793], [-44.613768854455, -88.848342685257, 116.39292273243], [-45.412554029108, -88.838808301072, 116.34989530693], [-46.211339203762, -88.829273916888, 116.30686788143], [-47.010124378416, -88.819739532703, 116.26384045593], [-47.808909553069, -88.810205148518, 116.22081303043], [-48.607694727723, -88.800670764334, 116.17778560493], [-49.406479902377, -88.791136380149, 116.13475817943], [-50.20526507703, -88.781601995965, 116.09173075393], [-51.004050251684, -88.77206761178, 116.04870332843], [-51.802835426338, -88.762533227596, 116.00567590293], [-52.601620600991, -88.752998843411, 115.96264847743], [-53.400405775645, -88.743464459227, 115.91962105192], [-54.199190950299, -88.733930075042, 115.87659362642], [-54.997976124952, -88.724395690858, 115.83356620092], [-55.796761299606, -88.714861306673, 115.79053877542], [-56.59554647426, -88.705326922488, 115.74751134992], [-57.394331648913, -88.695792538304, 115.70448392442], [-58.193116823567, -88.686258154119, 115.66145649892], [-58.991901998221, -88.676723769935, 115.61842907342], [-59.790687172874, -88.66718938575, 115.57540164792], [-60.589472347528, -88.657655001566, 115.53237422242], [-61.388257522182, -88.648120617381, 115.48934679692], [-62.187042696835, -88.638586233197, 115.44631937142], [-62.985827871489, -88.629051849012, 115.40329194592], [-63.784613046143, -88.619517464828, 115.36026452042], [-64.583398220796, -88.609983080643, 115.31723709492], [-65.38218339545, -88.600448696459, 115.27420966942], [-66.180968570104, -88.590914312274, 115.23118224392], [-66.979753744758, -88.581379928089, 115.18815481842], [-67.778538919411, -88.571845543905, 115.14512739292], [-68.577324094065, -88.56231115972, 115.10209996742], [-69.376109268719, -88.552776775536, 115.05907254191], [-70.174894443372, -88.543242391351, 115.01604511641], [-70.973679618026, -88.533708007167, 114.97301769091], [-71.77246479268, -88.524173622982, 114.92999026541], [-72.571249967333, -88.514639238798, 114.88696283991], [-73.370035141987, -88.505104854613, 114.84393541441], [-74.168820316641, -88.495570470429, 114.80090798891], [-74.967605491294, -88.486036086244, 114.75788056341], [-75.766390665948, -88.476501702059, 114.71485313791], [-76.565175840602, -88.466967317875, 114.67182571241], [-77.363961015255, -88.45743293369, 114.62879828691], [-78.162746189909, -88.447898549506, 114.58577086141], [-78.961531364563, -88.438364165321, 114.54274343591], [-79.760316539216, -88.428829781137, 114.49971601041], [-80.55910171387, -88.419295396952, 114.45668858491], [-81.357886888524, -88.409761012768, 114.41366115941], [-82.156672063177, -88.400226628583, 114.37063373391], [-82.955457237831, -88.390692244399, 114.32760630841], [-83.754242412485, -88.381157860214, 114.28457888291], [-84.553027587138, -88.37162347603, 114.24155145741], [-85.351812761792, -88.362089091845, 114.19852403191], [-86.150597936446, -88.35255470766, 114.1554966064], [-86.949383111099, -88.343020323476, 114.1124691809], [-87.748168285753, -88.333485939291, 114.0694417554], [-88.546953460407, -88.323951555107, 114.0264143299], [-89.345738635061, -88.314417170922, 113.9833869044], [-90.144523809714, -88.304882786738, 113.9403594789], [-90.943308984368, -88.295348402553, 113.8973320534], [-91.742094159022, -88.285814018369, 113.8543046279], [-92.540879333675, -88.276279634184, 113.8112772024], [-93.339664508329, -88.26674525, 113.7682497769], [-94.138449682983, -88.257210865815, 113.7252223514], [-94.937234857636, -88.247676481631, 113.6821949259], [-95.73602003229, -88.238142097446, 113.6391675004], [-96.534805206944, -88.228607713261, 113.5961400749], [-97.333590381597, -88.219073329077, 113.5531126494], [-98.132375556251, -88.209538944892, 113.5100852239], [-98.931160730905, -88.200004560708, 113.4670577984], [-99.729945905558, -88.190470176523, 113.4240303729], [-100.52873108021, -88.180935792339, 113.3810029474], [-101.32751625487, -88.171401408154, 113.3379755219], [-102.12630142952, -88.16186702397, 113.29494809639], [-102.92508660417, -88.152332639785, 113.25192067089], [-103.72387177883, -88.142798255601, 113.20889324539], [-104.52265695348, -88.133263871416, 113.16586581989], [-105.32144212813, -88.123729487231, 113.12283839439], [-106.12022730279, -88.114195103047, 113.07981096889], [-106.91901247744, -88.104660718862, 113.03678354339], [-107.7177976521, -88.095126334678, 112.99375611789], [-108.51658282675, -88.085591950493, 112.95072869239], [-109.3153680014, -88.076057566309, 112.90770126689], [-110.11415317606, -88.066523182124, 112.86467384139], [-110.91293835071, -88.05698879794, 112.82164641589], [-111.71172352536, -88.047454413755, 112.77861899039]], "InstanceCreationTime": ["173533.109000", "173533.109000", "173533.093000", "173533.093000", "173533.093000", "173533.093000", "173533.093000", "173533.078000", "173533.078000", "173533.078000", "173533.078000", "173533.062000", "173533.062000", "173533.062000", "173533.062000", "173533.062000", "173533.062000", "173533.062000", "173533.046000", "173533.046000", "173533.046000", "173533.046000", "173533.046000", "173533.046000", "173533.031000", "173533.031000", "173533.031000", "173533.031000", "173533.031000", "173533.031000", "173533.031000", "173533.031000", "173533.015000", "173533.015000", "173533.015000", "173533.015000", "173533.015000", "173533.015000", "173533.015000", "173533.000000", "173533.000000", "173533.000000", "173533.000000", "173533.000000", "173533.000000", "173532.984000", "173532.984000", "173532.984000", "173532.984000", "173532.984000", "173532.984000", "173532.984000", "173532.984000", "173532.984000", "173532.968000", "173532.968000", "173531.671000", "173531.671000", "173531.656000", "173531.656000", "173531.656000", "173531.656000", "173531.656000", "173531.656000", "173531.656000", "173531.656000", "173531.640000", "173531.640000", "173531.640000", "173531.640000", "173531.640000", "173531.640000", "173531.625000", "173531.625000", "173531.625000", "173531.625000", "173531.625000", "173531.625000", "173531.625000", "173531.625000", "173531.609000", "173531.609000", "173531.609000", "173531.609000", "173531.609000", "173531.609000", "173531.609000", "173531.593000", "173531.593000", "173531.593000", "173531.593000", "173531.593000", "173531.593000", "173531.578000", "173531.578000", "173531.578000", "173531.578000", "173531.578000", "173531.578000", "173531.578000", "173531.578000", "173531.578000", "173531.562000", "173531.562000", "173531.562000", "173531.562000", "173531.562000", "173531.546000", "173531.546000", "173531.546000", "173531.531000", "173531.531000", "173531.515000", "173531.515000", "173531.500000", "173531.500000", "173531.500000", "173531.500000", "173531.500000", "173531.500000", "173531.500000", "173531.500000", "173531.484000", "173531.484000", "173531.484000", "173531.484000", "173531.484000", "173531.484000", "173531.484000", "173531.484000", "173531.468000", "173531.468000", "173531.468000", "173531.468000", "173531.468000", "173531.468000", "173531.453000", "173531.453000", "173531.453000", "173531.453000", "173531.453000", "173531.437000", "173531.437000", "173531.437000", "173531.437000", "173531.437000", "173531.421000", "173531.421000", "173531.421000", "173531.421000", "173531.421000", "173531.421000", "173531.421000", "173531.406000", "173531.406000", "173531.390000", "173531.390000", "173531.390000", "173531.390000", "173531.390000", "173531.390000", "173531.390000", "173531.390000", "173531.375000", "173531.375000", "173531.375000", "173531.359000", "173531.359000", "173531.359000", "173531.359000", "173531.359000", "173531.343000", "173531.343000", "173531.328000", "173531.328000", "173531.328000", "173531.328000", "173531.328000", "173531.328000", "173531.312000", "173531.312000", "173531.312000", "173531.312000", "173531.312000", "173531.312000", "173531.312000", "173531.296000", "173531.296000", "173531.296000", "173531.296000", "173531.296000", "173531.296000", "173531.296000", "173531.296000", "173531.296000", "173531.281000", "173531.281000", "173531.281000", "173531.281000", "173531.281000", "173531.281000", "173531.281000", "173531.281000", "173531.265000", "173531.265000", "173531.265000", "173531.265000", "173531.265000", "173531.265000", "173531.265000", "173531.265000", "173531.265000", "173531.250000", "173531.250000", "173531.250000", "173531.250000", "173531.250000", "173531.250000", "173531.250000", "173531.250000", "173531.234000", "173531.234000", "173531.234000", "173531.234000", "173531.234000", "173531.234000", "173531.234000", "173531.234000", "173531.218000", "173531.218000", "173531.218000", "173531.218000", "173531.218000", "173531.218000", "173531.218000", "173531.218000", "173531.218000", "173531.203000", "173531.203000", "173531.203000", "173531.203000", "173531.203000", "173531.203000", "173531.203000", "173531.187000", "173531.187000", "173531.187000", "173531.187000", "173531.187000", "173531.187000", "173531.171000", "173531.171000", "173531.171000", "173531.171000", "173531.171000", "173531.156000"], "InstanceNumber": [256, 255, 254, 253, 252, 251, 250, 249, 248, 247, 246, 245, 244, 243, 242, 241, 240, 239, 238, 237, 236, 235, 234, 233, 232, 231, 230, 229, 228, 227, 226, 225, 224, 223, 222, 221, 220, 219, 218, 217, 216, 215, 214, 213, 212, 211, 210, 209, 208, 207, 206, 205, 204, 203, 202, 201, 200, 199, 198, 197, 196, 195, 194, 193, 192, 191, 190, 189, 188, 187, 186, 185, 184, 183, 182, 181, 180, 179, 178, 177, 176, 175, 174, 173, 172, 171, 170, 169, 168, 167, 166, 165, 164, 163, 162, 161, 160, 159, 158, 157, 156, 155, 154, 153, 152, 151, 150, 149, 148, 147, 146, 145, 144, 143, 142, 141, 140, 139, 138, 137, 136, 135, 134, 133, 132, 131, 130, 129, 128, 127, 126, 125, 124, 123, 122, 121, 120, 119, 118, 117, 116, 115, 114, 113, 112, 111, 110, 109, 108, 107, 106, 105, 104, 103, 102, 101, 100, 99, 98, 97, 96, 95, 94, 93, 92, 91, 90, 89, 88, 87, 86, 85, 84, 83, 82, 81, 80, 79, 78, 77, 76, 75, 74, 73, 72, 71, 70, 69, 68, 67, 66, 65, 64, 63, 62, 61, 60, 59, 58, 57, 56, 55, 54, 53, 52, 51, 50, 49, 48, 47, 46, 45, 44, 43, 42, 41, 40, 39, 38, 37, 36, 35, 34, 33, 32, 31, 30, 29, 28, 27, 26, 25, 24, 23, 22, 21, 20, 19, 18, 17, 16, 15, 14, 13, 12, 11, 10, 9, 8, 7, 6, 5, 4, 3, 2, 1], "LargestImagePixelValue": [60, 56, 56, 62, 61, 123, 81, 81, 55, 59, 59, 69, 69, 57, 94, 76, 93, 64, 53, 71, 64, 257, 364, 392, 466, 677, 664, 671, 740, 657, 654, 737, 824, 1027, 1191, 1027, 884, 717, 890, 962, 957, 880, 887, 726, 829, 884, 977, 987, 1070, 1020, 951, 1109, 1033, 989, 1058, 990, 953, 990, 1006, 1005, 1095, 1162, 986, 995, 982, 956, 951, 1011, 1059, 1006, 992, 996, 978, 1220, 1273, 1023, 1135, 1264, 1182, 1123, 1012, 1000, 1061, 1136, 1089, 1133, 1159, 1133, 1075, 1142, 1207, 1135, 1163, 1179, 1196, 1092, 1197, 1211, 1165, 1157, 1131, 1141, 1168, 1078, 1149, 1175, 1134, 1132, 1112, 1081, 1150, 1090, 1138, 1139, 1138, 1175, 1205, 1192, 1158, 1200, 1136, 1120, 1104, 1136, 1145, 1142, 1184, 1191, 1132, 1117, 1150, 1159, 1178, 1102, 1154, 1103, 1142, 1105, 1083, 1190, 1114, 1126, 1125, 1129, 1099, 1187, 1189, 1132, 1144, 1186, 1186, 1270, 1150, 1200, 1177, 1227, 1180, 1108, 1138, 1138, 1270, 1188, 1267, 1228, 1158, 1134, 1186, 1131, 1130, 1142, 1094, 1115, 1151, 1076, 1216, 1076, 1067, 1058, 1232, 1210, 1406, 1183, 1384, 1054, 1043, 1159, 1124, 1002, 1120, 1036, 1032, 1096, 1141, 1075, 1051, 1084, 1158, 1171, 1069, 1022, 1003, 1073, 1038, 1034, 997, 994, 1027, 947, 1093, 1170, 895, 809, 921, 860, 777, 726, 802, 833, 880, 889, 979, 757, 837, 787, 737, 704, 601, 779, 677, 774, 561, 641, 682, 682, 734, 866, 797, 671, 454, 73, 64, 68, 81, 83, 84, 94, 51, 59, 80, 180, 122, 70, 70, 73, 76, 59], "SliceLocation": [99.572983716468, 98.772983704547, 97.972983692626, 97.172983680705, 96.372983668784, 95.572983656863, 94.772983644942, 93.972983633021, 93.1729836211, 92.372983609179, 91.572983597258, 90.772983585337, 89.972983573417, 89.172983561496, 88.372983549575, 87.572983537654, 86.772983525733, 85.972983513812, 85.172983501891, 84.37298348997, 83.572983478049, 82.772983466128, 81.972983454207, 81.172983442286, 80.372983430365, 79.572983418444, 78.772983406524, 77.972983394603, 77.172983382682, 76.372983370761, 75.57298335884, 74.772983346919, 73.972983334998, 73.172983323077, 72.372983311156, 71.572983299235, 70.772983287314, 69.972983275393, 69.172983263472, 68.372983251551, 67.572983239631, 66.77298322771, 65.972983215789, 65.172983203868, 64.372983191947, 63.572983180026, 62.772983168105, 61.972983156184, 61.172983144263, 60.372983132342, 59.572983120421, 58.7729831085, 57.972983096579, 57.172983084658, 56.372983072738, 55.572983060817, 54.772983048896, 53.972983036975, 53.172983025054, 52.372983013133, 51.572983001212, 50.772982989291, 49.97298297737, 49.172982965449, 48.372982953528, 47.572982941607, 46.772982929686, 45.972982917765, 45.172982905845, 44.372982893924, 43.572982882003, 42.772982870082, 41.972982858161, 41.17298284624, 40.372982834319, 39.572982822398, 38.772982810477, 37.972982798556, 37.172982786635, 36.372982774714, 35.572982762793, 34.772982750872, 33.972982738952, 33.172982727031, 32.37298271511, 31.572982703189, 30.772982691268, 29.972982679347, 29.172982667426, 28.372982655505, 27.572982643584, 26.772982631663, 25.972982619742, 25.172982607821, 24.3729825959, 23.572982583979, 22.772982572059, 21.972982560138, 21.172982548217, 20.372982536296, 19.572982524375, 18.772982512454, 17.972982500533, 17.172982488612, 16.372982476691, 15.57298246477, 14.772982452849, 13.972982440928, 13.172982429007, 12.372982417086, 11.572982405166, 10.772982393245, 9.9729823813237, 9.1729823694027, 8.3729823574818, 7.5729823455609, 6.7729823336399, 5.972982321719, 5.1729823097981, 4.3729822978771, 3.5729822859562, 2.7729822740353, 1.9729822621144, 1.1729822501934, 0.3729822382725, -0.4270177736484, -1.2270177855694, -2.0270177974903, -2.8270178094112, -3.6270178213321, -4.4270178332531, -5.227017845174, -6.0270178570949, -6.8270178690159, -7.6270178809368, -8.4270178928577, -9.2270179047786, -10.0270179167, -10.82701792862, -11.627017940541, -12.427017952462, -13.227017964383, -14.027017976304, -14.827017988225, -15.627018000146, -16.427018012067, -17.227018023988, -18.027018035909, -18.82701804783, -19.627018059751, -20.427018071672, -21.227018083593, -22.027018095514, -22.827018107434, -23.627018119355, -24.427018131276, -25.227018143197, -26.027018155118, -26.827018167039, -27.62701817896, -28.427018190881, -29.227018202802, -30.027018214723, -30.827018226644, -31.627018238565, -32.427018250486, -33.227018262407, -34.027018274327, -34.827018286248, -35.627018298169, -36.42701831009, -37.227018322011, -38.027018333932, -38.827018345853, -39.627018357774, -40.427018369695, -41.227018381616, -42.027018393537, -42.827018405458, -43.627018417379, -44.4270184293, -45.22701844122, -46.027018453141, -46.827018465062, -47.627018476983, -48.427018488904, -49.227018500825, -50.027018512746, -50.827018524667, -51.627018536588, -52.427018548509, -53.22701856043, -54.027018572351, -54.827018584272, -55.627018596193, -56.427018608113, -57.227018620034, -58.027018631955, -58.827018643876, -59.627018655797, -60.427018667718, -61.227018679639, -62.02701869156, -62.827018703481, -63.627018715402, -64.427018727323, -65.227018739244, -66.027018751165, -66.827018763086, -67.627018775006, -68.427018786927, -69.227018798848, -70.027018810769, -70.82701882269, -71.627018834611, -72.427018846532, -73.227018858453, -74.027018870374, -74.827018882295, -75.627018894216, -76.427018906137, -77.227018918058, -78.027018929979, -78.827018941899, -79.62701895382, -80.427018965741, -81.227018977662, -82.027018989583, -82.827019001504, -83.627019013425, -84.427019025346, -85.227019037267, -86.027019049188, -86.827019061109, -87.62701907303, -88.427019084951, -89.227019096872, -90.027019108792, -90.827019120713, -91.627019132634, -92.427019144555, -93.227019156476, -94.027019168397, -94.827019180318, -95.627019192239, -96.42701920416, -97.227019216081, -98.027019228002, -98.827019239923, -99.627019251844, -100.42701926376, -101.22701927569, -102.02701928761, -102.82701929953, -103.62701931145, -104.42701932337], "WindowCenter": [27.0, 27.0, 27.0, 27.0, 27.0, 28.0, 27.0, 27.0, 27.0, 27.0, 27.0, 27.0, 27.0, 28.0, 29.0, 29.0, 29.0, 29.0, 28.0, 29.0, 28.0, 42.0, 54.0, 57.0, 65.0, 207.0, 251.0, 261.0, 263.0, 273.0, 274.0, 290.0, 309.0, 324.0, 330.0, 321.0, 321.0, 326.0, 342.0, 338.0, 340.0, 335.0, 337.0, 333.0, 344.0, 355.0, 370.0, 380.0, 389.0, 397.0, 414.0, 427.0, 433.0, 436.0, 442.0, 447.0, 448.0, 453.0, 450.0, 454.0, 459.0, 465.0, 469.0, 472.0, 474.0, 475.0, 477.0, 477.0, 477.0, 480.0, 484.0, 487.0, 488.0, 494.0, 498.0, 499.0, 502.0, 507.0, 510.0, 514.0, 515.0, 518.0, 520.0, 519.0, 517.0, 518.0, 516.0, 516.0, 517.0, 519.0, 521.0, 522.0, 525.0, 526.0, 529.0, 531.0, 533.0, 535.0, 533.0, 537.0, 535.0, 538.0, 542.0, 539.0, 540.0, 537.0, 535.0, 530.0, 528.0, 528.0, 528.0, 531.0, 534.0, 540.0, 545.0, 548.0, 550.0, 554.0, 559.0, 565.0, 569.0, 571.0, 573.0, 574.0, 575.0, 584.0, 590.0, 571.0, 580.0, 575.0, 570.0, 576.0, 567.0, 567.0, 565.0, 564.0, 561.0, 557.0, 552.0, 548.0, 548.0, 547.0, 543.0, 539.0, 535.0, 530.0, 528.0, 527.0, 526.0, 527.0, 528.0, 526.0, 525.0, 527.0, 526.0, 531.0, 529.0, 531.0, 532.0, 531.0, 529.0, 528.0, 526.0, 526.0, 526.0, 525.0, 526.0, 526.0, 525.0, 527.0, 528.0, 530.0, 531.0, 530.0, 531.0, 530.0, 527.0, 525.0, 522.0, 518.0, 517.0, 512.0, 512.0, 506.0, 504.0, 501.0, 496.0, 493.0, 492.0, 488.0, 484.0, 484.0, 480.0, 478.0, 475.0, 468.0, 464.0, 460.0, 452.0, 448.0, 448.0, 448.0, 447.0, 436.0, 426.0, 404.0, 387.0, 374.0, 372.0, 363.0, 355.0, 354.0, 352.0, 351.0, 352.0, 349.0, 355.0, 353.0, 348.0, 349.0, 353.0, 345.0, 344.0, 332.0, 315.0, 290.0, 262.0, 276.0, 266.0, 279.0, 234.0, 242.0, 234.0, 230.0, 252.0, 315.0, 304.0, 247.0, 63.0, 33.0, 32.0, 32.0, 32.0, 33.0, 32.0, 32.0, 30.0, 29.0, 30.0, 34.0, 31.0, 29.0, 29.0, 29.0, 29.0, 28.0], "WindowWidth": [69.0, 70.0, 70.0, 69.0, 70.0, 74.0, 71.0, 70.0, 69.0, 70.0, 70.0, 71.0, 70.0, 74.0, 77.0, 76.0, 77.0, 75.0, 74.0, 75.0, 75.0, 119.0, 162.0, 172.0, 195.0, 425.0, 501.0, 521.0, 533.0, 557.0, 568.0, 603.0, 649.0, 685.0, 699.0, 686.0, 688.0, 704.0, 737.0, 730.0, 736.0, 727.0, 727.0, 721.0, 745.0, 770.0, 799.0, 822.0, 834.0, 850.0, 881.0, 904.0, 914.0, 921.0, 932.0, 939.0, 938.0, 947.0, 943.0, 951.0, 959.0, 972.0, 979.0, 982.0, 985.0, 985.0, 989.0, 989.0, 989.0, 994.0, 999.0, 1002.0, 1002.0, 1011.0, 1018.0, 1019.0, 1026.0, 1034.0, 1039.0, 1042.0, 1040.0, 1041.0, 1043.0, 1039.0, 1037.0, 1037.0, 1036.0, 1035.0, 1036.0, 1041.0, 1045.0, 1048.0, 1056.0, 1060.0, 1062.0, 1064.0, 1071.0, 1077.0, 1076.0, 1082.0, 1082.0, 1088.0, 1095.0, 1091.0, 1093.0, 1089.0, 1083.0, 1075.0, 1073.0, 1074.0, 1077.0, 1080.0, 1085.0, 1095.0, 1106.0, 1114.0, 1119.0, 1127.0, 1137.0, 1148.0, 1153.0, 1158.0, 1162.0, 1166.0, 1167.0, 1187.0, 1198.0, 1157.0, 1175.0, 1167.0, 1160.0, 1171.0, 1153.0, 1152.0, 1145.0, 1140.0, 1136.0, 1126.0, 1114.0, 1106.0, 1106.0, 1103.0, 1095.0, 1088.0, 1081.0, 1075.0, 1071.0, 1069.0, 1067.0, 1068.0, 1070.0, 1063.0, 1063.0, 1065.0, 1065.0, 1068.0, 1064.0, 1066.0, 1067.0, 1065.0, 1062.0, 1059.0, 1054.0, 1054.0, 1055.0, 1054.0, 1056.0, 1055.0, 1051.0, 1055.0, 1056.0, 1060.0, 1064.0, 1062.0, 1066.0, 1066.0, 1061.0, 1060.0, 1057.0, 1053.0, 1051.0, 1042.0, 1044.0, 1034.0, 1031.0, 1027.0, 1019.0, 1017.0, 1017.0, 1011.0, 1007.0, 1007.0, 1000.0, 997.0, 992.0, 982.0, 974.0, 964.0, 951.0, 943.0, 941.0, 941.0, 943.0, 926.0, 908.0, 867.0, 836.0, 811.0, 805.0, 783.0, 770.0, 769.0, 763.0, 761.0, 761.0, 755.0, 763.0, 759.0, 744.0, 745.0, 749.0, 730.0, 723.0, 693.0, 652.0, 602.0, 555.0, 561.0, 542.0, 554.0, 491.0, 492.0, 472.0, 460.0, 486.0, 579.0, 564.0, 488.0, 185.0, 87.0, 85.0, 85.0, 86.0, 88.0, 85.0, 84.0, 78.0, 77.0, 79.0, 91.0, 82.0, 76.0, 76.0, 76.0, 76.0, 74.0]}}}