{"AcquisitionMatrixPE": 128, "AcquisitionNumber": 1, "AcquisitionTime": "07:56:15.355000", "BandwidthPerPixelPhaseEncode": 20.292, "BaseResolution": 128, "BodyPartExamined": "BRAIN", "ConsistencyInfo": "N4_VD11D_LATEST_20110129", "ConversionSoftware": "dcm2niix", "ConversionSoftwareVersion": "v1.0.20210317", "DerivedVendorReportedEchoSpacing": 0.000770008, "DeviceSerialNumber": "45239", "DiffusionScheme": "Monopolar", "DwellTime": 2.4e-06, "EchoTime": 0.092, "EchoTrainLength": 51, "EffectiveEchoSpacing": 0.000385004, "FlipAngle": 90, "ImageComments": "Unaliased MB3/PE3", "ImageOrientationPatientDICOM": [1, 2.05103e-10, 0, -2.05103e-10, 1, 0], "ImageType": ["ORIGINAL", "PRIMARY", "DIFFUSION", "NONE", "ND", "NORM", "MOSAIC"], "ImagingFrequency": 123.193, "InPlanePhaseEncodingDirectionDICOM": "ROW", "InstitutionAddress": "E 24th St. 100,Austin,Southmiddle,US,78712", "InstitutionName": "Univ of Texas at Austin", "InstitutionalDepartmentName": "IRC", "MRAcquisitionType": "2D", "MagneticFieldStrength": 3, "Manufacturer": "Siemens", "ManufacturersModelName": "Skyra", "Modality": "MR", "MultibandAccelerationFactor": 3, "ParallelReductionFactorInPlane": 2, "PartialFourier": 0.75, "PatientPosition": "HFS", "PercentPhaseFOV": 100, "PercentSampling": 100, "PhaseEncodingDirection": "i-", "PhaseEncodingSteps": 102, "PhaseResolution": 1, "PixelBandwidth": 1630, "ProcedureStepDescription": "Poldrack2^self-scanning", "ProtocolName": "MBEPI with MDDW L-R", "PulseSequenceDetails": "%CustomerSeq%\\cmrr_mbep2d_diff", "ReceiveCoilActiveElements": "HEA;HEP", "ReceiveCoilName": "Head_32", "ReconMatrixPE": 128, "RefLinesPE": 76, "RepetitionTime": 5, "SAR": 0.143962, "ScanOptions": "PFP\\FS", "ScanningSequence": "EP", "SequenceName": "ep_b5#1", "SequenceVariant": "SK", "SeriesDescription": "MBEPI with MDDW L-R", "SeriesNumber": 17, "ShimSetting": [-2780, 8022, -15451, 171, -178, 60, 229, -45], "SliceThickness": 1.7, "SliceTiming": [0, 3.6525, 2.3075, 0.96, 4.615, 3.2675, 1.9225, 0.5775, 4.23, 2.885, 1.5375, 0.1925, 3.845, 2.5, 1.1525, 4.8075, 3.46, 2.115, 0.77, 4.4225, 3.0775, 1.73, 0.385, 4.0375, 2.6925, 1.345, 0, 3.6525, 2.3075, 0.96, 4.615, 3.2675, 1.9225, 0.5775, 4.23, 2.885, 1.5375, 0.1925, 3.845, 2.5, 1.1525, 4.8075, 3.46, 2.115, 0.77, 4.4225, 3.0775, 1.73, 0.385, 4.0375, 2.6925, 1.345, 0, 3.6525, 2.3075, 0.96, 4.615, 3.2675, 1.9225, 0.5775, 4.23, 2.885, 1.5375, 0.1925, 3.845, 2.5, 1.1525, 4.8075, 3.46, 2.115, 0.77, 4.4225, 3.0775, 1.73, 0.385, 4.0375, 2.6925, 1.345], "SoftwareVersions": "syngo MR D11", "SpacingBetweenSlices": 1.7, "StationName": "AWP45239", "TotalReadoutTime": 0.0488955, "TxRefAmp": 348.017, "WipMemBlock": "69ba2d33-cfc3-451d-859e-986d83cd8f6c||Sequence: VD11D r154; May 23 2012 22:28:10 by eja", "dcmmeta_affine": [[-1.7421875, -3.573285833891049e-10, 0.0, 111.5], [-3.573285833891049e-10, 1.7421875, 0.0, -121.86434936523438], [0.0, 0.0, 1.7000000476837158, -20.05048370361328], [0.0, 0.0, 0.0, 1.0]], "dcmmeta_reorient_transform": [[0.0, -1.0, 0.0, 127.0], [1.0, 0.0, 0.0, 0.0], [0.0, 0.0, 1.0, 0.0], [0.0, 0.0, 0.0, 1.0]], "dcmmeta_shape": [128, 128, 78, 64], "dcmmeta_slice_dim": 2, "dcmmeta_version": 0.6, "global": {"const": {"AcquisitionMatrix": [0, 128, 128, 0], "AngioFlag": "N", "BitsAllocated": 16, "BitsStored": 16, "BodyPartExamined": "BRAIN", "Columns": 1152, "EchoNumbers": 1, "EchoTime": 92.0, "EchoTrainLength": 51, "FlipAngle": 90.0, "HighBit": 15, "ImageOrientationPatient": [1.0, 2.051034e-10, 0.0, -2.051034e-10, 1.0, 0.0], "ImagePositionPatient": [-1003.4999997942, -991.39346238691, -20.050483703613], "ImageType": ["ORIGINAL", "PRIMARY", "DIFFUSION", "NONE", "ND", "NORM", "MOSAIC"], "ImagedNucleus": "1H", "ImagingFrequency": 123.193441, "InPlanePhaseEncodingDirection": "ROW", "MRAcquisitionType": "2D", "MagneticFieldStrength": 3.0, "Manufacturer": "SIEMENS", "ManufacturerModelName": "Skyra", "Modality": "MR", "NumberOfAverages": 1.0, "NumberOfPhaseEncodingSteps": 102, "PercentPhaseFieldOfView": 100.0, "PercentSampling": 100.0, "PerformedProcedureStepStartTime": "071119.453000", "PhotometricInterpretation": "MONOCHROME2", "PixelBandwidth": 1630.0, "PixelRepresentation": 0, "PixelSpacing": [1.7421875, 1.7421875], "ProtocolName": "MBEPI with MDDW L-R", "RepetitionTime": 5000.0, "Rows": 1152, "SAR": 0.14396164450159, "SamplesPerPixel": 1, "ScanOptions": ["PFP", "FS"], "ScanningSequence": "EP", "SequenceVariant": "SK", "SeriesDescription": "MBEPI with MDDW L-R", "SeriesNumber": 17, "SeriesTime": "075750.656000", "SliceLocation": -20.050483703613, "SliceThickness": 1.7000000476837, "SmallestImagePixelValue": 0, "SoftwareVersions": "syngo MR D11", "SpacingBetweenSlices": 1.7000000198166, "SpecificCharacterSet": "ISO_IR 100", "StudyID": "1", "StudyTime": "071119.406000", "TransmitCoilName": "Body", "VariableFlipAngleFlag": "N", "WindowCenterWidthExplanation": "Algo1", "dBdt": 0.0}, "slices": {}}, "time": {"samples": {"AcquisitionNumber": [1, 2, 3, 4, 5, 6, 7, 8, 9, 10, 11, 12, 13, 14, 15, 16, 17, 18, 19, 20, 21, 22, 23, 24, 25, 26, 27, 28, 29, 30, 31, 32, 33, 34, 35, 36, 37, 38, 39, 40, 41, 42, 43, 44, 45, 46, 47, 48, 49, 50, 51, 52, 53, 54, 55, 56, 57, 58, 59, 60, 61, 62, 63, 64], "AcquisitionTime": ["075615.355000", "075745.355000", "075750.355000", "075755.355000", "075800.355000", "075805.355000", "075810.355000", "075815.355000", "075820.355000", "075825.355000", "075830.355000", "075835.355000", "075840.355000", "075845.355000", "075850.355000", "075855.355000", "075900.355000", "075905.355000", "075910.355000", "075915.355000", "075920.355000", "075925.355000", "075930.355000", "075935.355000", "075940.355000", "075945.355000", "075950.355000", "075955.355000", "080000.355000", "080005.355000", "080010.355000", "080015.355000", "080020.355000", "080025.355000", "080030.355000", "080035.355000", "080040.355000", "080045.355000", "080050.355000", "080055.355000", "080100.355000", "080105.355000", "080110.355000", "080115.355000", "080120.355000", "080125.355000", "080130.355000", "080135.355000", "080140.355000", "080145.355000", "080150.355000", "080155.355000", "080200.355000", "080205.355000", "080210.355000", "080215.355000", "080220.355000", "080225.355000", "080230.355000", "080235.355000", "080240.355000", "080245.355000", "080250.355000", "080255.355000"], "ContentTime": ["075750.656000", "075757.390000", "075757.390000", "075802.390000", "075807.390000", "075812.390000", "075817.390000", "075822.390000", "075827.390000", "075832.390000", "075837.390000", "075842.390000", "075847.390000", "075852.390000", "075857.390000", "075902.390000", "075907.390000", "075912.390000", "075917.390000", "075922.390000", "075927.390000", "075932.390000", "075937.390000", "075942.390000", "075947.390000", "075952.390000", "075957.390000", "080002.390000", "080007.390000", "080012.390000", "080017.390000", "080022.390000", "080027.390000", "080032.390000", "080037.390000", "080042.390000", "080047.390000", "080052.390000", "080057.390000", "080102.390000", "080107.390000", "080112.390000", "080117.390000", "080122.390000", "080127.390000", "080132.390000", "080137.390000", "080142.390000", "080147.390000", "080152.390000", "080157.390000", "080202.390000", "080207.390000", "080212.390000", "080217.390000", "080222.390000", "080227.390000", "080232.390000", "080237.390000", "080242.390000", "080247.390000", "080252.390000", "080257.390000", "080301.453000"], "InstanceCreationTime": ["075750.656000", "075757.390000", "075757.390000", "075802.390000", "075807.390000", "075812.390000", "075817.390000", "075822.390000", "075827.390000", "075832.390000", "075837.390000", "075842.390000", "075847.390000", "075852.390000", "075857.390000", "075902.390000", "075907.390000", "075912.390000", "075917.390000", "075922.390000", "075927.390000", "075932.390000", "075937.390000", "075942.390000", "075947.390000", "075952.390000", "075957.390000", "080002.390000", "080007.390000", "080012.390000", "080017.390000", "080022.390000", "080027.390000", "080032.390000", "080037.390000", "080042.390000", "080047.390000", "080052.390000", "080057.390000", "080102.390000", "080107.390000", "080112.390000", "080117.390000", "080122.390000", "080127.390000", "080132.390000", "080137.390000", "080142.390000", "080147.390000", "080152.390000", "080157.390000", "080202.390000", "080207.390000", "080212.390000", "080217.390000", "080222.390000", "080227.390000", "080232.390000", "080237.390000", "080242.390000", "080247.390000", "080252.390000", "080257.390000", "080301.453000"], "InstanceNumber": [1, 2, 3, 4, 5, 6, 7, 8, 9, 10, 11, 12, 13, 14, 15, 16, 17, 18, 19, 20, 21, 22, 23, 24, 25, 26, 27, 28, 29, 30, 31, 32, 33, 34, 35, 36, 37, 38, 39, 40, 41, 42, 43, 44, 45, 46, 47, 48, 49, 50, 51, 52, 53, 54, 55, 56, 57, 58, 59, 60, 61, 62, 63, 64], "LargestImagePixelValue": [65535, 26492, 27116, 27418, 24159, 22957, 23256, 23924, 27977, 26094, 20071, 20825, 26447, 25618, 24596, 27444, 65219, 24268, 21221, 25357, 26860, 28440, 27362, 18933, 21174, 21802, 24553, 26068, 25430, 24123, 25257, 26067, 58913, 13920, 13944, 17095, 11965, 11139, 12566, 12759, 15740, 13478, 11325, 10229, 14964, 13148, 13036, 14491, 58699, 12713, 10499, 14293, 13609, 17371, 16371, 12065, 9916, 10803, 13068, 15393, 13365, 13254, 14537, 14433], "SequenceName": ["ep_b5#1", "ep_b995#2", "ep_b995#3", "ep_b995#4", "ep_b995#5", "ep_b1000#6", "ep_b1000#7", "ep_b995#8", "ep_b995#9", "ep_b995#10", "ep_b1000#11", "ep_b1000#12", "ep_b1005#13", "ep_b1005#14", "ep_b1000#15", "ep_b1005#16", "ep_b5#17", "ep_b1005#18", "ep_b1000#19", "ep_b1005#20", "ep_b1005#21", "ep_b995#22", "ep_b1005#23", "ep_b1000#24", "ep_b1000#25", "ep_b1000#26", "ep_b995#27", "ep_b995#28", "ep_b995#29", "ep_b1000#30", "ep_b1005#31", "ep_b1000#32", "ep_b5#1", "ep_b1990#2", "ep_b1990#3", "ep_b1990#4", "ep_b1995#5", "ep_b1995#6", "ep_b2000#7", "ep_b1995#8", "ep_b1990#9", "ep_b1995#10", "ep_b2000#11", "ep_b2000#12", "ep_b2010#13", "ep_b2005#14", "ep_b2000#15", "ep_b2005#16", "ep_b5#17", "ep_b2005#18", "ep_b2005#19", "ep_b2005#20", "ep_b2010#21", "ep_b1990#22", "ep_b2010#23", "ep_b2000#24", "ep_b2000#25", "ep_b1995#26", "ep_b1995#27", "ep_b1995#28", "ep_b1995#29", "ep_b2000#30", "ep_b2005#31", "ep_b2000#32"], "WindowCenter": [7565.0, 3318.0, 3313.0, 3342.0, 3317.0, 3311.0, 3355.0, 3333.0, 3349.0, 3366.0, 3350.0, 3329.0, 3373.0, 3376.0, 3367.0, 3379.0, 7545.0, 3371.0, 3342.0, 3387.0, 3385.0, 3389.0, 3363.0, 3332.0, 3327.0, 3311.0, 3295.0, 3371.0, 3325.0, 3341.0, 3429.0, 3386.0, 7560.0, 2180.0, 2178.0, 2251.0, 2164.0, 2168.0, 2228.0, 2213.0, 2244.0, 2247.0, 2218.0, 2205.0, 2270.0, 2263.0, 2262.0, 2273.0, 7549.0, 2259.0, 2235.0, 2283.0, 2252.0, 2287.0, 2272.0, 2226.0, 2188.0, 2167.0, 2161.0, 2270.0, 2206.0, 2222.0, 2305.0, 2303.0], "WindowWidth": [16564.0, 7647.0, 7626.0, 7682.0, 7633.0, 7609.0, 7715.0, 7670.0, 7711.0, 7745.0, 7700.0, 7650.0, 7748.0, 7751.0, 7741.0, 7764.0, 16516.0, 7735.0, 7677.0, 7772.0, 7766.0, 7784.0, 7738.0, 7658.0, 7647.0, 7613.0, 7581.0, 7740.0, 7642.0, 7672.0, 7847.0, 7764.0, 16577.0, 5317.0, 5304.0, 5455.0, 5279.0, 5295.0, 5419.0, 5388.0, 5456.0, 5467.0, 5408.0, 5387.0, 5500.0, 5495.0, 5498.0, 5513.0, 16549.0, 5485.0, 5452.0, 5524.0, 5457.0, 5543.0, 5510.0, 5412.0, 5350.0, 5292.0, 5268.0, 5501.0, 5360.0, 5399.0, 5585.0, 5578.0]}, "slices": {}}}