{"AcquisitionMatrixPE": 96, "AcquisitionNumber": 1, "AcquisitionTime": "07:53:13.000000", "BandwidthPerPixelPhaseEncode": 33.602, "BaseResolution": 96, "BodyPartExamined": "BRAIN", "ConsistencyInfo": "N4_VD13A_LATEST_20120616", "ConversionSoftware": "dcm2niix", "ConversionSoftwareVersion": "v1.0.20210317", "DerivedVendorReportedEchoSpacing": 0.000620003, "DeviceSerialNumber": "45239", "DwellTime": 2.6e-06, "EchoTime": 0.03, "EchoTrainLength": 47, "EffectiveEchoSpacing": 0.000310001, "FlipAngle": 63, "ImageComments": "Unaliased MB4/PE3", "ImageOrientationPatientDICOM": [0.999657, -0.0140463, -0.0220907, 0.000251247, 0.848968, -0.528444], "ImageType": ["ORIGINAL", "PRIMARY", "M", "ND", "NORM", "MOSAIC"], "ImagingFrequency": 123.193, "InPlanePhaseEncodingDirectionDICOM": "COL", "InstitutionAddress": "E 24th St. 100,Austin,Southmiddle,US,78712", "InstitutionName": "Univ of Texas at Austin", "InstitutionalDepartmentName": "IRC", "MRAcquisitionType": "2D", "MagneticFieldStrength": 3, "Manufacturer": "Siemens", "ManufacturersModelName": "Skyra", "Modality": "MR", "MultibandAccelerationFactor": 4, "ParallelReductionFactorInPlane": 2, "PartialFourier": 1, "PatientPosition": "HFS", "PercentPhaseFOV": 100, "PercentSampling": 100, "PhaseEncodingDirection": "j-", "PhaseEncodingSteps": 95, "PhaseResolution": 1, "PixelBandwidth": 2005, "ProcedureStepDescription": "Poldrack2^self-scanning", "ProtocolName": "face_localizer-run2", "PulseSequenceDetails": "%CustomerSeq%\\cmrr_mbep2d_bold", "ReceiveCoilActiveElements": "HEA;HEP", "ReceiveCoilName": "Head_32", "ReconMatrixPE": 96, "RefLinesPE": 48, "RepetitionTime": 1.16, "SAR": 0.107039, "ScanOptions": "FS", "ScanningSequence": "EP", "SequenceName": "epfid2d1_96", "SequenceVariant": "SK", "SeriesDescription": "face_localizer-run2", "SeriesNumber": 14, "ShimSetting": [-2810, 8038, -15505, -121, -407, 240, 164, -7], "SliceThickness": 2, "SliceTiming": [0, 0.4975, 0.9975, 0.355, 0.855, 0.2125, 0.7125, 0.07, 0.57, 1.0675, 0.4275, 0.925, 0.285, 0.7825, 0.1425, 0.64, 0, 0.4975, 0.9975, 0.355, 0.855, 0.2125, 0.7125, 0.07, 0.57, 1.0675, 0.4275, 0.925, 0.285, 0.7825, 0.1425, 0.64, 0, 0.4975, 0.9975, 0.355, 0.855, 0.2125, 0.7125, 0.07, 0.57, 1.0675, 0.4275, 0.925, 0.285, 0.7825, 0.1425, 0.64, 0, 0.4975, 0.9975, 0.355, 0.855, 0.2125, 0.7125, 0.07, 0.57, 1.0675, 0.4275, 0.925, 0.285, 0.7825, 0.1425, 0.64], "SoftwareVersions": "syngo MR D13", "SpacingBetweenSlices": 2.4, "StationName": "AWP45239", "TaskName": "Object recognition task", "TotalReadoutTime": 0.0294501, "TxRefAmp": 335.658, "WipMemBlock": "2078099d-1117-4e04-ace0-b378919b783a||Sequence: vd13a/R010 r/fd129fc; Dec 13 2013 16:14:27 by eja", "dcmmeta_affine": [[-2.395012140274048, 0.0006019470165483654, -0.06282462924718857, 117.30355072021484], [0.03365251421928406, 2.0339863300323486, -1.2678173780441284, -85.81855773925781], [-0.052925530821084976, 1.2660634517669678, 2.0368337631225586, -82.777587890625], [0.0, 0.0, 0.0, 1.0]], "dcmmeta_reorient_transform": [[0.0, -1.0, 0.0, 95.0], [1.0, 0.0, 0.0, 0.0], [0.0, 0.0, 1.0, 0.0], [0.0, 0.0, 0.0, 1.0]], "dcmmeta_shape": [96, 96, 64, 270], "dcmmeta_slice_dim": 2, "dcmmeta_version": 0.6, "global": {"const": {"AcquisitionMatrix": [96, 0, 0, 96], "AngioFlag": "N", "BitsAllocated": 16, "BitsStored": 16, "BodyPartExamined": "BRAIN", "Columns": 768, "DeidentificationMethodCodeSequence": [{"CodeMeaning": "XNAT Edit Script", "CodeValue": "93", "CodingSchemeDesignator": "XNAT", "CodingSchemeVersion": "0.1"}], "EchoNumbers": 1, "EchoTime": 30.0, "EchoTrainLength": 47, "FlipAngle": 63.0, "HighBit": 15, "ImageOrientationPatient": [0.99965729391241, -0.0140462672461, -0.0220906564904, 0.00025124746506, 0.84896818637606, -0.5284438999516], "ImagePositionPatient": [-922.28708104294, -779.52225842876, 480.67874106804], "ImageType": ["ORIGINAL", "PRIMARY", "M", "ND", "NORM", "MOSAIC"], "ImagedNucleus": "1H", "ImagingFrequency": 123.192934, "InPlanePhaseEncodingDirection": "COL", "MRAcquisitionType": "2D", "MagneticFieldStrength": 3.0, "Manufacturer": "SIEMENS", "ManufacturerModelName": "Skyra", "Modality": "MR", "NumberOfAverages": 1.0, "NumberOfPhaseEncodingSteps": 95, "PercentPhaseFieldOfView": 100.0, "PercentSampling": 100.0, "PerformedProcedureStepStartTime": "071834.313000", "PhotometricInterpretation": "MONOCHROME2", "PixelBandwidth": 2005.0, "PixelRepresentation": 0, "PixelSpacing": [2.3958332538605, 2.3958332538605], "ProtocolName": "face_localizer-run2", "RepetitionTime": 1160.0, "Rows": 768, "SAR": 0.10703932279256, "SamplesPerPixel": 1, "ScanOptions": "FS", "ScanningSequence": "EP", "SequenceName": "epfid2d1_96", "SequenceVariant": "SK", "SeriesDescription": "face_localizer-run2", "SeriesNumber": 14, "SeriesTime": "075402.789000", "SliceLocation": -27.988123315776, "SliceThickness": 2.0, "SmallestImagePixelValue": 0, "SoftwareVersions": "syngo MR D13", "SpacingBetweenSlices": 2.4000000263179, "SpecificCharacterSet": "ISO_IR 100", "StudyID": "1", "StudyTime": "071834.162000", "TransmitCoilName": "Body", "VariableFlipAngleFlag": "N", "WindowCenterWidthExplanation": "Algo1", "dBdt": 0.0}, "slices": {}}, "time": {"samples": {"AcquisitionNumber": [1, 2, 3, 4, 5, 6, 7, 8, 9, 10, 11, 12, 13, 14, 15, 16, 17, 18, 19, 20, 21, 22, 23, 24, 25, 26, 27, 28, 29, 30, 31, 32, 33, 34, 35, 36, 37, 38, 39, 40, 41, 42, 43, 44, 45, 46, 47, 48, 49, 50, 51, 52, 53, 54, 55, 56, 57, 58, 59, 60, 61, 62, 63, 64, 65, 66, 67, 68, 69, 70, 71, 72, 73, 74, 75, 76, 77, 78, 79, 80, 81, 82, 83, 84, 85, 86, 87, 88, 89, 90, 91, 92, 93, 94, 95, 96, 97, 98, 99, 100, 101, 102, 103, 104, 105, 106, 107, 108, 109, 110, 111, 112, 113, 114, 115, 116, 117, 118, 119, 120, 121, 122, 123, 124, 125, 126, 127, 128, 129, 130, 131, 132, 133, 134, 135, 136, 137, 138, 139, 140, 141, 142, 143, 144, 145, 146, 147, 148, 149, 150, 151, 152, 153, 154, 155, 156, 157, 158, 159, 160, 161, 162, 163, 164, 165, 166, 167, 168, 169, 170, 171, 172, 173, 174, 175, 176, 177, 178, 179, 180, 181, 182, 183, 184, 185, 186, 187, 188, 189, 190, 191, 192, 193, 194, 195, 196, 197, 198, 199, 200, 201, 202, 203, 204, 205, 206, 207, 208, 209, 210, 211, 212, 213, 214, 215, 216, 217, 218, 219, 220, 221, 222, 223, 224, 225, 226, 227, 228, 229, 230, 231, 232, 233, 234, 235, 236, 237, 238, 239, 240, 241, 242, 243, 244, 245, 246, 247, 248, 249, 250, 251, 252, 253, 254, 255, 256, 257, 258, 259, 260, 261, 262, 263, 264, 265, 266, 267, 268, 269, 270], "AcquisitionTime": ["075313.000000", "075319.940000", "075321.100000", "075322.260000", "075323.420000", "075324.580000", "075325.740000", "075326.900000", "075328.060000", "075329.220000", "075330.380000", "075331.540000", "075332.700000", "075333.860000", "075335.020000", "075336.180000", "075337.340000", "075338.500000", "075339.660000", "075340.820000", "075341.980000", "075343.140000", "075344.300000", "075345.460000", "075346.620000", "075347.780000", "075348.940000", "075350.100000", "075351.260000", "075352.420000", "075353.580000", "075354.740000", "075355.900000", "075357.060000", "075358.220000", "075359.380000", "075400.540000", "075401.700000", "075402.860000", "075404.020000", "075405.180000", "075406.340000", "075407.500000", "075408.660000", "075409.820000", "075410.980000", "075412.140000", "075413.300000", "075414.460000", "075415.620000", "075416.780000", "075417.940000", "075419.100000", "075420.260000", "075421.420000", "075422.580000", "075423.740000", "075424.900000", "075426.060000", "075427.220000", "075428.380000", "075429.540000", "075430.700000", "075431.860000", "075433.020000", "075434.180000", "075435.340000", "075436.500000", "075437.660000", "075438.820000", "075439.980000", "075441.140000", "075442.300000", "075443.460000", "075444.620000", "075445.780000", "075446.940000", "075448.100000", "075449.260000", "075450.420000", "075451.580000", "075452.740000", "075453.900000", "075455.060000", "075456.220000", "075457.380000", "075458.540000", "075459.700000", "075500.860000", "075502.020000", "075503.180000", "075504.340000", "075505.500000", "075506.660000", "075507.820000", "075508.980000", "075510.140000", "075511.300000", "075512.460000", "075513.620000", "075514.780000", "075515.940000", "075517.100000", "075518.260000", "075519.420000", "075520.580000", "075521.740000", "075522.900000", "075524.060000", "075525.220000", "075526.380000", "075527.540000", "075528.700000", "075529.860000", "075531.020000", "075532.180000", "075533.340000", "075534.500000", "075535.660000", "075536.820000", "075537.980000", "075539.140000", "075540.300000", "075541.460000", "075542.620000", "075543.780000", "075544.940000", "075546.100000", "075547.260000", "075548.420000", "075549.580000", "075550.740000", "075551.900000", "075553.062500", "075554.222500", "075555.382500", "075556.542500", "075557.702500", "075558.862500", "075600.022500", "075601.182500", "075602.342500", "075603.502500", "075604.662500", "075605.822500", "075606.982500", "075608.142500", "075609.302500", "075610.462500", "075611.622500", "075612.782500", "075613.942500", "075615.102500", "075616.262500", "075617.422500", "075618.582500", "075619.742500", "075620.902500", "075622.062500", "075623.222500", "075624.382500", "075625.542500", "075626.702500", "075627.862500", "075629.022500", "075630.182500", "075631.342500", "075632.502500", "075633.662500", "075634.822500", "075635.982500", "075637.142500", "075638.302500", "075639.462500", "075640.622500", "075641.782500", "075642.942500", "075644.102500", "075645.262500", "075646.422500", "075647.582500", "075648.742500", "075649.902500", "075651.062500", "075652.222500", "075653.382500", "075654.542500", "075655.702500", "075656.862500", "075658.022500", "075659.182500", "075700.342500", "075701.502500", "075702.662500", "075703.822500", "075704.982500", "075706.142500", "075707.302500", "075708.462500", "075709.622500", "075710.782500", "075711.942500", "075713.102500", "075714.262500", "075715.422500", "075716.582500", "075717.742500", "075718.902500", "075720.062500", "075721.222500", "075722.382500", "075723.542500", "075724.702500", "075725.862500", "075727.022500", "075728.182500", "075729.342500", "075730.502500", "075731.662500", "075732.822500", "075733.982500", "075735.142500", "075736.302500", "075737.462500", "075738.622500", "075739.782500", "075740.942500", "075742.102500", "075743.262500", "075744.422500", "075745.582500", "075746.742500", "075747.902500", "075749.062500", "075750.222500", "075751.382500", "075752.542500", "075753.702500", "075754.862500", "075756.022500", "075757.182500", "075758.342500", "075759.502500", "075800.662500", "075801.822500", "075802.982500", "075804.142500", "075805.302500", "075806.462500", "075807.622500", "075808.782500", "075809.942500", "075811.102500", "075812.262500", "075813.422500", "075814.582500", "075815.742500", "075816.902500", "075818.062500", "075819.222500", "075820.382500", "075821.542500", "075822.702500", "075823.862500", "075825.022500", "075826.182500", "075827.342500", "075828.502500", "075829.662500", "075830.822500"], "ContentTime": ["075402.793000", "075402.798000", "075402.802000", "075402.806000", "075402.810000", "075402.815000", "075402.819000", "075402.823000", "075402.828000", "075402.832000", "075402.836000", "075402.841000", "075402.845000", "075402.849000", "075402.853000", "075402.857000", "075402.861000", "075402.865000", "075402.869000", "075402.873000", "075402.877000", "075402.881000", "075402.885000", "075402.890000", "075402.894000", "075402.898000", "075402.902000", "075402.906000", "075402.910000", "075402.914000", "075402.918000", "075402.922000", "075402.926000", "075402.934000", "075442.750000", "075442.761000", "075442.765000", "075442.769000", "075442.773000", "075442.778000", "075442.782000", "075442.787000", "075442.791000", "075442.795000", "075442.799000", "075442.803000", "075442.807000", "075442.811000", "075442.816000", "075442.820000", "075442.824000", "075442.828000", "075442.832000", "075442.836000", "075442.840000", "075442.844000", "075442.848000", "075442.862000", "075442.866000", "075442.870000", "075442.874000", "075442.879000", "075442.883000", "075442.887000", "075442.891000", "075442.895000", "075442.899000", "075442.904000", "075442.908000", "075442.912000", "075442.916000", "075522.749000", "075522.757000", "075522.761000", "075522.765000", "075522.770000", "075522.783000", "075522.787000", "075522.791000", "075522.796000", "075522.801000", "075522.805000", "075522.809000", "075522.814000", "075522.818000", "075522.822000", "075522.826000", "075522.831000", "075522.835000", "075522.839000", "075522.843000", "075522.847000", "075522.852000", "075522.856000", "075522.860000", "075522.864000", "075522.869000", "075522.873000", "075522.877000", "075522.881000", "075522.886000", "075522.890000", "075522.894000", "075522.898000", "075522.903000", "075522.907000", "075602.749000", "075602.753000", "075602.758000", "075602.762000", "075602.766000", "075602.771000", "075602.775000", "075602.779000", "075602.783000", "075602.788000", "075602.792000", "075602.796000", "075602.800000", "075602.804000", "075602.809000", "075602.813000", "075602.817000", "075602.822000", "075602.826000", "075602.830000", "075602.834000", "075602.838000", "075602.843000", "075602.847000", "075602.851000", "075602.855000", "075602.859000", "075602.863000", "075602.867000", "075602.872000", "075602.887000", "075602.891000", "075602.895000", "075602.899000", "075642.749000", "075642.754000", "075642.758000", "075642.762000", "075642.782000", "075642.786000", "075642.790000", "075642.794000", "075642.799000", "075642.803000", "075642.807000", "075642.811000", "075642.816000", "075642.820000", "075642.824000", "075642.828000", "075642.834000", "075642.838000", "075642.842000", "075642.846000", "075642.850000", "075642.854000", "075642.859000", "075642.863000", "075642.867000", "075642.871000", "075642.876000", "075642.880000", "075642.884000", "075642.888000", "075642.892000", "075642.896000", "075642.900000", "075642.905000", "075642.909000", "075722.750000", "075722.755000", "075722.759000", "075722.763000", "075722.767000", "075722.771000", "075722.775000", "075722.779000", "075722.783000", "075722.788000", "075722.792000", "075722.797000", "075722.801000", "075722.805000", "075722.809000", "075722.813000", "075722.817000", "075722.821000", "075722.826000", "075722.830000", "075722.834000", "075722.838000", "075722.842000", "075722.847000", "075722.851000", "075722.855000", "075722.859000", "075722.863000", "075722.867000", "075722.871000", "075722.881000", "075722.885000", "075722.889000", "075722.893000", "075802.750000", "075802.759000", "075802.763000", "075802.767000", "075802.772000", "075802.776000", "075802.780000", "075802.784000", "075802.789000", "075802.793000", "075802.797000", "075802.801000", "075802.805000", "075802.809000", "075802.813000", "075802.817000", "075802.821000", "075802.826000", "075802.830000", "075802.834000", "075802.837000", "075802.842000", "075802.846000", "075802.850000", "075802.854000", "075802.858000", "075802.862000", "075802.866000", "075802.870000", "075802.875000", "075802.879000", "075802.883000", "075802.888000", "075802.892000", "075802.896000", "075832.741000", "075832.750000", "075832.754000", "075832.758000", "075832.763000", "075832.767000", "075832.771000", "075832.775000", "075832.780000", "075832.784000", "075832.789000", "075832.794000", "075832.798000", "075832.803000", "075832.807000", "075832.810000", "075832.815000", "075832.819000", "075832.822000", "075832.826000", "075832.830000", "075832.834000", "075832.838000", "075832.842000", "075832.847000", "075832.851000"], "InstanceCreationTime": ["075402.793000", "075402.798000", "075402.802000", "075402.806000", "075402.810000", "075402.815000", "075402.819000", "075402.823000", "075402.828000", "075402.832000", "075402.836000", "075402.841000", "075402.845000", "075402.849000", "075402.853000", "075402.857000", "075402.861000", "075402.865000", "075402.869000", "075402.873000", "075402.877000", "075402.881000", "075402.885000", "075402.890000", "075402.894000", "075402.898000", "075402.902000", "075402.906000", "075402.910000", "075402.914000", "075402.918000", "075402.922000", "075402.926000", "075402.934000", "075442.750000", "075442.761000", "075442.765000", "075442.769000", "075442.773000", "075442.778000", "075442.782000", "075442.787000", "075442.791000", "075442.795000", "075442.799000", "075442.803000", "075442.807000", "075442.811000", "075442.816000", "075442.820000", "075442.824000", "075442.828000", "075442.832000", "075442.836000", "075442.840000", "075442.844000", "075442.848000", "075442.862000", "075442.866000", "075442.870000", "075442.874000", "075442.879000", "075442.883000", "075442.887000", "075442.891000", "075442.895000", "075442.899000", "075442.904000", "075442.908000", "075442.912000", "075442.916000", "075522.749000", "075522.757000", "075522.761000", "075522.765000", "075522.770000", "075522.783000", "075522.787000", "075522.791000", "075522.796000", "075522.801000", "075522.805000", "075522.809000", "075522.814000", "075522.818000", "075522.822000", "075522.826000", "075522.831000", "075522.835000", "075522.839000", "075522.843000", "075522.847000", "075522.852000", "075522.856000", "075522.860000", "075522.864000", "075522.869000", "075522.873000", "075522.877000", "075522.881000", "075522.886000", "075522.890000", "075522.894000", "075522.898000", "075522.903000", "075522.907000", "075602.749000", "075602.753000", "075602.758000", "075602.762000", "075602.766000", "075602.771000", "075602.775000", "075602.779000", "075602.783000", "075602.788000", "075602.792000", "075602.796000", "075602.800000", "075602.804000", "075602.809000", "075602.813000", "075602.817000", "075602.822000", "075602.826000", "075602.830000", "075602.834000", "075602.838000", "075602.843000", "075602.847000", "075602.851000", "075602.855000", "075602.859000", "075602.863000", "075602.867000", "075602.872000", "075602.887000", "075602.891000", "075602.895000", "075602.899000", "075642.749000", "075642.754000", "075642.758000", "075642.762000", "075642.782000", "075642.786000", "075642.790000", "075642.794000", "075642.799000", "075642.803000", "075642.807000", "075642.811000", "075642.816000", "075642.820000", "075642.824000", "075642.828000", "075642.834000", "075642.838000", "075642.842000", "075642.846000", "075642.850000", "075642.854000", "075642.859000", "075642.863000", "075642.867000", "075642.871000", "075642.876000", "075642.880000", "075642.884000", "075642.888000", "075642.892000", "075642.896000", "075642.900000", "075642.905000", "075642.909000", "075722.750000", "075722.755000", "075722.759000", "075722.763000", "075722.767000", "075722.771000", "075722.775000", "075722.779000", "075722.783000", "075722.788000", "075722.792000", "075722.797000", "075722.801000", "075722.805000", "075722.809000", "075722.813000", "075722.817000", "075722.821000", "075722.826000", "075722.830000", "075722.834000", "075722.838000", "075722.842000", "075722.847000", "075722.851000", "075722.855000", "075722.859000", "075722.863000", "075722.867000", "075722.871000", "075722.881000", "075722.885000", "075722.889000", "075722.893000", "075802.750000", "075802.759000", "075802.763000", "075802.767000", "075802.772000", "075802.776000", "075802.780000", "075802.784000", "075802.789000", "075802.793000", "075802.797000", "075802.801000", "075802.805000", "075802.809000", "075802.813000", "075802.817000", "075802.821000", "075802.826000", "075802.830000", "075802.834000", "075802.837000", "075802.842000", "075802.846000", "075802.850000", "075802.854000", "075802.858000", "075802.862000", "075802.866000", "075802.870000", "075802.875000", "075802.879000", "075802.883000", "075802.888000", "075802.892000", "075802.896000", "075832.741000", "075832.750000", "075832.754000", "075832.758000", "075832.763000", "075832.767000", "075832.771000", "075832.775000", "075832.780000", "075832.784000", "075832.789000", "075832.794000", "075832.798000", "075832.803000", "075832.807000", "075832.810000", "075832.815000", "075832.819000", "075832.822000", "075832.826000", "075832.830000", "075832.834000", "075832.838000", "075832.842000", "075832.847000", "075832.851000"], "InstanceNumber": [1, 2, 3, 4, 5, 6, 7, 8, 9, 10, 11, 12, 13, 14, 15, 16, 17, 18, 19, 20, 21, 22, 23, 24, 25, 26, 27, 28, 29, 30, 31, 32, 33, 34, 35, 36, 37, 38, 39, 40, 41, 42, 43, 44, 45, 46, 47, 48, 49, 50, 51, 52, 53, 54, 55, 56, 57, 58, 59, 60, 61, 62, 63, 64, 65, 66, 67, 68, 69, 70, 71, 72, 73, 74, 75, 76, 77, 78, 79, 80, 81, 82, 83, 84, 85, 86, 87, 88, 89, 90, 91, 92, 93, 94, 95, 96, 97, 98, 99, 100, 101, 102, 103, 104, 105, 106, 107, 108, 109, 110, 111, 112, 113, 114, 115, 116, 117, 118, 119, 120, 121, 122, 123, 124, 125, 126, 127, 128, 129, 130, 131, 132, 133, 134, 135, 136, 137, 138, 139, 140, 141, 142, 143, 144, 145, 146, 147, 148, 149, 150, 151, 152, 153, 154, 155, 156, 157, 158, 159, 160, 161, 162, 163, 164, 165, 166, 167, 168, 169, 170, 171, 172, 173, 174, 175, 176, 177, 178, 179, 180, 181, 182, 183, 184, 185, 186, 187, 188, 189, 190, 191, 192, 193, 194, 195, 196, 197, 198, 199, 200, 201, 202, 203, 204, 205, 206, 207, 208, 209, 210, 211, 212, 213, 214, 215, 216, 217, 218, 219, 220, 221, 222, 223, 224, 225, 226, 227, 228, 229, 230, 231, 232, 233, 234, 235, 236, 237, 238, 239, 240, 241, 242, 243, 244, 245, 246, 247, 248, 249, 250, 251, 252, 253, 254, 255, 256, 257, 258, 259, 260, 261, 262, 263, 264, 265, 266, 267, 268, 269, 270], "LargestImagePixelValue": [37562, 45523, 32457, 36663, 35029, 29594, 37574, 44862, 37031, 45802, 45843, 44682, 30931, 48919, 38594, 38723, 30806, 37678, 42553, 43981, 36885, 39150, 37548, 28605, 45177, 31615, 30915, 45527, 43038, 37671, 29509, 37258, 31698, 47791, 32427, 42023, 44704, 44005, 32430, 49947, 29784, 32647, 48528, 38115, 32638, 49138, 38392, 35440, 31155, 30761, 45344, 32604, 33608, 31862, 38787, 30044, 43101, 32568, 47228, 43615, 32200, 36380, 30185, 30081, 45275, 31959, 38857, 37203, 48913, 32855, 32447, 46551, 29589, 29034, 42158, 44957, 35626, 31069, 32787, 36978, 46028, 38833, 33543, 49039, 35787, 40184, 31500, 30416, 45762, 38807, 31929, 37382, 33709, 42859, 37919, 33162, 47886, 40049, 31258, 45233, 37037, 29606, 46692, 36388, 31055, 47809, 37236, 39357, 32178, 41053, 33449, 44446, 33605, 39832, 47431, 30258, 35941, 47711, 42489, 34473, 33841, 33968, 31458, 35789, 46679, 30834, 38813, 31437, 32037, 49026, 38995, 33212, 33962, 39393, 28849, 31156, 48110, 34766, 33533, 47472, 34169, 38364, 37229, 43168, 39088, 33631, 45453, 32667, 51153, 29356, 40574, 32628, 33728, 47605, 31194, 43076, 30399, 34237, 39222, 29514, 44027, 38547, 41614, 29709, 33342, 47132, 37460, 36152, 33925, 34436, 48642, 31831, 34731, 46583, 33983, 33684, 46415, 35219, 33339, 47313, 37221, 31783, 51994, 28356, 45157, 30411, 33387, 30661, 35312, 36625, 46357, 31620, 33048, 49110, 36519, 30799, 35461, 30782, 31374, 36758, 39351, 39882, 30672, 45414, 33346, 31256, 39157, 37222, 42089, 35465, 39204, 32136, 41779, 46834, 33246, 35556, 34486, 30462, 47016, 36569, 39971, 39152, 30528, 47375, 35647, 31679, 50454, 30413, 34407, 37385, 34615, 41357, 30842, 38216, 31590, 33721, 45946, 40613, 45157, 33220, 33763, 47813, 39219, 37188, 31545, 33220, 44488, 34296, 30637, 44970, 31760, 33840, 35219, 39642, 35490, 48433, 37731, 33497, 49248, 40642, 32686, 48189, 39288, 40176, 41404, 31583, 44942, 33422, 30791, 43934], "WindowCenter": [11102.0, 11088.0, 11041.0, 11055.0, 11054.0, 11036.0, 11060.0, 11072.0, 11048.0, 11059.0, 11064.0, 11047.0, 11001.0, 11052.0, 11033.0, 11038.0, 11031.0, 11047.0, 11056.0, 11044.0, 11020.0, 11024.0, 11018.0, 11001.0, 11063.0, 11040.0, 11035.0, 11063.0, 11056.0, 11044.0, 11019.0, 11048.0, 11034.0, 11084.0, 11034.0, 11050.0, 11061.0, 11055.0, 11023.0, 11061.0, 11025.0, 11030.0, 11064.0, 11045.0, 11016.0, 11062.0, 11035.0, 11028.0, 11024.0, 11037.0, 11060.0, 11035.0, 11053.0, 11040.0, 11081.0, 11038.0, 11083.0, 11033.0, 11061.0, 11059.0, 11020.0, 11039.0, 11016.0, 11019.0, 11063.0, 11024.0, 11058.0, 11051.0, 11067.0, 11022.0, 11027.0, 11054.0, 11016.0, 11018.0, 11061.0, 11063.0, 11035.0, 11033.0, 11040.0, 11059.0, 11092.0, 11059.0, 11046.0, 11076.0, 11043.0, 11058.0, 11022.0, 11025.0, 11069.0, 11046.0, 11031.0, 11050.0, 11040.0, 11072.0, 11064.0, 11042.0, 11071.0, 11045.0, 11023.0, 11072.0, 11053.0, 11029.0, 11070.0, 11044.0, 11020.0, 11065.0, 11046.0, 11058.0, 11039.0, 11063.0, 11076.0, 11080.0, 11039.0, 11061.0, 11073.0, 11023.0, 11029.0, 11050.0, 11047.0, 11020.0, 11027.0, 11042.0, 11041.0, 11041.0, 11061.0, 11031.0, 11056.0, 11036.0, 11037.0, 11070.0, 11043.0, 11019.0, 11045.0, 11052.0, 11020.0, 11030.0, 11081.0, 11029.0, 11026.0, 11065.0, 11039.0, 11056.0, 11049.0, 11060.0, 11041.0, 11030.0, 11068.0, 11032.0, 11074.0, 11025.0, 11062.0, 11031.0, 11036.0, 11058.0, 11018.0, 11055.0, 11035.0, 11041.0, 11050.0, 11020.0, 11072.0, 11059.0, 11066.0, 11034.0, 11054.0, 11077.0, 11056.0, 11046.0, 11035.0, 11046.0, 11074.0, 11036.0, 11037.0, 11068.0, 11023.0, 11017.0, 11050.0, 11020.0, 11010.0, 11035.0, 11008.0, 11002.0, 11038.0, 10987.0, 11039.0, 11006.0, 11014.0, 11025.0, 11047.0, 11055.0, 11078.0, 11034.0, 11030.0, 11058.0, 11023.0, 11017.0, 11030.0, 11021.0, 11038.0, 11054.0, 11055.0, 11057.0, 11034.0, 11066.0, 11042.0, 11033.0, 11060.0, 11053.0, 11072.0, 11057.0, 11062.0, 11056.0, 11067.0, 11068.0, 11036.0, 11051.0, 11048.0, 11032.0, 11082.0, 11057.0, 11056.0, 11049.0, 11031.0, 11065.0, 11028.0, 11022.0, 11076.0, 11028.0, 11050.0, 11051.0, 11047.0, 11073.0, 11040.0, 11072.0, 11053.0, 11055.0, 11090.0, 11074.0, 11075.0, 11038.0, 11035.0, 11059.0, 11051.0, 11039.0, 11025.0, 11032.0, 11064.0, 11032.0, 11015.0, 11060.0, 11021.0, 11027.0, 11046.0, 11065.0, 11052.0, 11079.0, 11043.0, 11035.0, 11072.0, 11048.0, 11029.0, 11059.0, 11047.0, 11040.0, 11042.0, 11016.0, 11055.0, 11021.0, 11012.0, 11059.0], "WindowWidth": [23862.0, 23817.0, 23691.0, 23720.0, 23716.0, 23676.0, 23731.0, 23762.0, 23700.0, 23731.0, 23735.0, 23693.0, 23583.0, 23702.0, 23663.0, 23677.0, 23654.0, 23692.0, 23712.0, 23685.0, 23626.0, 23630.0, 23620.0, 23583.0, 23736.0, 23678.0, 23669.0, 23738.0, 23721.0, 23688.0, 23627.0, 23701.0, 23662.0, 23787.0, 23667.0, 23704.0, 23726.0, 23715.0, 23634.0, 23735.0, 23639.0, 23655.0, 23740.0, 23684.0, 23617.0, 23729.0, 23668.0, 23647.0, 23630.0, 23664.0, 23732.0, 23666.0, 23703.0, 23683.0, 23772.0, 23678.0, 23782.0, 23663.0, 23736.0, 23724.0, 23630.0, 23670.0, 23615.0, 23622.0, 23740.0, 23643.0, 23715.0, 23696.0, 23743.0, 23637.0, 23643.0, 23716.0, 23617.0, 23622.0, 23727.0, 23733.0, 23670.0, 23660.0, 23679.0, 23720.0, 23801.0, 23725.0, 23689.0, 23767.0, 23684.0, 23721.0, 23634.0, 23639.0, 23753.0, 23692.0, 23648.0, 23702.0, 23680.0, 23758.0, 23740.0, 23679.0, 23755.0, 23692.0, 23634.0, 23755.0, 23707.0, 23645.0, 23757.0, 23688.0, 23630.0, 23747.0, 23696.0, 23716.0, 23673.0, 23738.0, 23778.0, 23776.0, 23677.0, 23729.0, 23753.0, 23632.0, 23647.0, 23699.0, 23690.0, 23628.0, 23644.0, 23672.0, 23678.0, 23681.0, 23732.0, 23659.0, 23716.0, 23662.0, 23668.0, 23757.0, 23686.0, 23624.0, 23682.0, 23708.0, 23622.0, 23652.0, 23772.0, 23651.0, 23638.0, 23743.0, 23671.0, 23710.0, 23694.0, 23721.0, 23680.0, 23646.0, 23747.0, 23657.0, 23763.0, 23638.0, 23725.0, 23648.0, 23656.0, 23725.0, 23624.0, 23717.0, 23663.0, 23683.0, 23704.0, 23630.0, 23758.0, 23731.0, 23744.0, 23664.0, 23707.0, 23775.0, 23719.0, 23691.0, 23665.0, 23691.0, 23765.0, 23665.0, 23670.0, 23744.0, 23636.0, 23617.0, 23703.0, 23625.0, 23599.0, 23664.0, 23594.0, 23566.0, 23668.0, 23534.0, 23673.0, 23592.0, 23610.0, 23639.0, 23694.0, 23718.0, 23769.0, 23660.0, 23648.0, 23723.0, 23634.0, 23614.0, 23651.0, 23629.0, 23673.0, 23707.0, 23715.0, 23721.0, 23659.0, 23744.0, 23680.0, 23660.0, 23728.0, 23711.0, 23757.0, 23719.0, 23734.0, 23708.0, 23746.0, 23751.0, 23667.0, 23699.0, 23694.0, 23661.0, 23782.0, 23718.0, 23717.0, 23698.0, 23648.0, 23742.0, 23649.0, 23626.0, 23762.0, 23647.0, 23699.0, 23705.0, 23690.0, 23752.0, 23673.0, 23749.0, 23710.0, 23715.0, 23802.0, 23766.0, 23765.0, 23672.0, 23660.0, 23728.0, 23698.0, 23675.0, 23637.0, 23653.0, 23736.0, 23659.0, 23610.0, 23720.0, 23626.0, 23643.0, 23693.0, 23741.0, 23702.0, 23771.0, 23687.0, 23662.0, 23754.0, 23697.0, 23640.0, 23728.0, 23694.0, 23678.0, 23673.0, 23612.0, 23716.0, 23632.0, 23605.0, 23727.0]}, "slices": {}}}