{"AcquisitionMatrixPE": 96, "AcquisitionNumber": 1, "AcquisitionTime": "17:10:35.725000", "BandwidthPerPixelPhaseEncode": 33.602, "BaseResolution": 96, "BodyPartExamined": "BRAIN", "ConsistencyInfo": "N4_VD11D_LATEST_20110129", "ConversionSoftware": "dcm2niix", "ConversionSoftwareVersion": "v1.0.20210317", "DerivedVendorReportedEchoSpacing": 0.000620003, "DeviceSerialNumber": "45239", "DwellTime": 2.6e-06, "EchoTime": 0.036, "EchoTrainLength": 48, "EffectiveEchoSpacing": 0.000310001, "FlipAngle": 90, "ImageOrientationPatientDICOM": [0.99938, 0.0276035, 0.021869, -0.0118716, 0.848704, -0.528735], "ImageType": ["ORIGINAL", "PRIMARY", "M", "ND", "NORM", "MOSAIC"], "ImagingFrequency": 123.193, "InPlanePhaseEncodingDirectionDICOM": "COL", "InstitutionAddress": "E 24th St. 100,Austin,Southmiddle,US,78712", "InstitutionName": "Univ of Texas at Austin", "InstitutionalDepartmentName": "IRC", "MRAcquisitionType": "2D", "MagneticFieldStrength": 3, "Manufacturer": "Siemens", "ManufacturersModelName": "Skyra", "Modality": "MR", "ParallelReductionFactorInPlane": 2, "PartialFourier": 1, "PatientPosition": "HFS", "PercentPhaseFOV": 100, "PercentSampling": 100, "PhaseEncodingDirection": "j-", "PhaseEncodingSteps": 96, "PhaseResolution": 1, "PixelBandwidth": 2005, "ProcedureStepDescription": "Poldrack2^self-scanning", "ProtocolName": "MB-SE_FieldMap_A-P", "PulseSequenceDetails": "%CustomerSeq%\\cmrr_mbep2d_se", "ReceiveCoilActiveElements": "HEA;HEP", "ReceiveCoilName": "Head_32", "ReconMatrixPE": 96, "RefLinesPE": 48, "RepetitionTime": 4.55, "SAR": 0.34158, "ScanOptions": "FS", "ScanningSequence": "EP", "SequenceName": "epse2d1_96", "SequenceVariant": "SK", "SeriesDescription": "MB-SE_FieldMap_A-P", "SeriesNumber": 6, "ShimSetting": [-2780, 8024, -15461, 221, -227, 105, 231, -137], "SliceThickness": 2, "SliceTiming": [2.275, 0, 2.34, 0.0675, 2.4075, 0.1325, 2.475, 0.2, 2.5425, 0.2675, 2.6075, 0.335, 2.675, 0.4, 2.7425, 0.4675, 2.81, 0.535, 2.875, 0.6025, 2.9425, 0.6675, 3.01, 0.735, 3.0775, 0.8025, 3.1425, 0.87, 3.21, 0.935, 3.2775, 1.0025, 3.345, 1.07, 3.4125, 1.1375, 3.4775, 1.2025, 3.545, 1.27, 3.6125, 1.3375, 3.68, 1.405, 3.745, 1.47, 3.8125, 1.5375, 3.88, 1.605, 3.9475, 1.6725, 4.0125, 1.74, 4.08, 1.805, 4.1475, 1.8725, 4.215, 1.94, 4.28, 2.0075, 4.3475, 2.0725, 4.415, 2.14, 4.4825, 2.2075], "SoftwareVersions": "syngo MR D11", "SpacingBetweenSlices": 2.4, "StationName": "AWP45239", "TotalReadoutTime": 0.0294501, "TxRefAmp": 334.259, "WipMemBlock": "c309e893-cf22-48d8-a45f-d9fd6e1ba335||Sequence: VD11D r154; May 23 2012 22:29:07 by eja", "dcmmeta_affine": [[-2.3943471908569336, -0.02844243310391903, 0.07957245409488678, 114.48194122314453], [-0.0661332756280899, 2.0333526134490967, -1.267554759979248, -70.28618621826172], [0.052394378930330276, 1.2667617797851562, 2.036412000656128, -109.5959701538086], [0.0, 0.0, 0.0, 1.0]], "dcmmeta_reorient_transform": [[0.0, -1.0, 0.0, 95.0], [1.0, 0.0, 0.0, 0.0], [0.0, 0.0, 1.0, 0.0], [0.0, 0.0, 0.0, 1.0]], "dcmmeta_shape": [96, 96, 68, 5], "dcmmeta_slice_dim": 2, "dcmmeta_version": 0.6, "global": {"const": {"AcquisitionMatrix": [96, 0, 0, 96], "AngioFlag": "N", "BitsAllocated": 16, "BitsStored": 16, "BodyPartExamined": "BRAIN", "Columns": 864, "EchoNumbers": 1, "EchoTime": 36.0, "EchoTrainLength": 48, "FlipAngle": 90.0, "HighBit": 15, "ImageOrientationPatient": [0.99937970659092, 0.02760345419012, 0.02186895907478, -0.0118716245764, 0.84870368731589, -0.5287353928633], "ImagePositionPatient": [-1020.2873183893, -929.08484837261, 477.06350579045], "ImageType": ["ORIGINAL", "PRIMARY", "M", "ND", "NORM", "MOSAIC"], "ImagedNucleus": "1H", "ImagingFrequency": 123.193451, "InPlanePhaseEncodingDirection": "COL", "MRAcquisitionType": "2D", "MagneticFieldStrength": 3.0, "Manufacturer": "SIEMENS", "ManufacturerModelName": "Skyra", "Modality": "MR", "NumberOfAverages": 1.0, "NumberOfPhaseEncodingSteps": 96, "PercentPhaseFieldOfView": 100.0, "PercentSampling": 100.0, "PerformedProcedureStepStartTime": "170119.171000", "PhotometricInterpretation": "MONOCHROME2", "PixelBandwidth": 2005.0, "PixelRepresentation": 0, "PixelSpacing": [2.3958332538605, 2.3958332538605], "ProtocolName": "MB-SE_FieldMap_A-P", "RepetitionTime": 4550.0, "Rows": 864, "SAR": 0.34157959558903, "SamplesPerPixel": 1, "ScanOptions": "FS", "ScanningSequence": "EP", "SequenceName": "epse2d1_96", "SequenceVariant": "SK", "SeriesDescription": "MB-SE_FieldMap_A-P", "SeriesNumber": 6, "SeriesTime": "171057.078000", "SliceLocation": -52.075559699194, "SliceThickness": 2.0, "SmallestImagePixelValue": 0, "SoftwareVersions": "syngo MR D11", "SpacingBetweenSlices": 2.4000000468341, "SpecificCharacterSet": "ISO_IR 100", "StudyID": "1", "StudyTime": "170119.125000", "TransmitCoilName": "Body", "VariableFlipAngleFlag": "N", "WindowCenterWidthExplanation": "Algo1", "dBdt": 0.0}, "slices": {}}, "time": {"samples": {"AcquisitionNumber": [1, 2, 3, 4, 5], "AcquisitionTime": ["171035.725000", "171040.275000", "171044.825000", "171049.375000", "171053.925000"], "ContentTime": ["171057.093000", "171057.093000", "171057.093000", "171057.093000", "171057.109000"], "InstanceCreationTime": ["171057.093000", "171057.093000", "171057.093000", "171057.093000", "171057.109000"], "InstanceNumber": [1, 2, 3, 4, 5], "LargestImagePixelValue": [38304, 37100, 37437, 36849, 38774], "WindowCenter": [7098.0, 7102.0, 7102.0, 7090.0, 7110.0], "WindowWidth": [15117.0, 15141.0, 15136.0, 15116.0, 15157.0]}, "slices": {}}}