{"AcquisitionMatrixPE": 96, "AcquisitionNumber": 1, "AcquisitionTime": "07:36:2.665000", "BandwidthPerPixelPhaseEncode": 33.602, "BaseResolution": 96, "BodyPartExamined": "BRAIN", "ConsistencyInfo": "N4_VD11D_LATEST_20110129", "ConversionSoftware": "dcm2niix", "ConversionSoftwareVersion": "v1.0.20210317", "DerivedVendorReportedEchoSpacing": 0.000620003, "DeviceSerialNumber": "45239", "DwellTime": 2.6e-06, "EchoTime": 0.03, "EchoTrainLength": 48, "EffectiveEchoSpacing": 0.000310001, "FlipAngle": 63, "ImageComments": "Unaliased MB4/PE3", "ImageOrientationPatientDICOM": [0.99962, 0.0213166, 0.0174564, -0.00859601, 0.843239, -0.53747], "ImageType": ["ORIGINAL", "PRIMARY", "M", "ND", "NORM", "MOSAIC"], "ImagingFrequency": 123.193, "InPlanePhaseEncodingDirectionDICOM": "COL", "InstitutionAddress": "E 24th St. 100,Austin,Southmiddle,US,78712", "InstitutionName": "Univ of Texas at Austin", "InstitutionalDepartmentName": "IRC", "MRAcquisitionType": "2D", "MagneticFieldStrength": 3, "Manufacturer": "Siemens", "ManufacturersModelName": "Skyra", "Modality": "MR", "MultibandAccelerationFactor": 4, "ParallelReductionFactorInPlane": 2, "PartialFourier": 1, "PatientPosition": "HFS", "PercentPhaseFOV": 100, "PercentSampling": 100, "PhaseEncodingDirection": "j-", "PhaseEncodingSteps": 96, "PhaseResolution": 1, "PixelBandwidth": 2005, "ProcedureStepDescription": "Poldrack2^self-scanning", "ProtocolName": "Resting State fMRI MBEPI_matrix96_BW2004", "PulseSequenceDetails": "%CustomerSeq%\\cmrr_mbep2d_bold", "ReceiveCoilActiveElements": "HEA;HEP", "ReceiveCoilName": "Head_32", "ReconMatrixPE": 96, "RefLinesPE": 94, "RepetitionTime": 1.16, "SAR": 0.108289, "ScanOptions": "FS", "ScanningSequence": "EP", "SequenceName": "epfid2d1_96", "SequenceVariant": "SK", "SeriesDescription": "Resting State fMRI MBEPI_matrix96_BW2004", "SeriesNumber": 6, "ShimSetting": [-2768, 8052, -15400, 109, -161, 146, 254, -71], "SliceThickness": 2, "SliceTiming": [0, 0.4975, 0.9975, 0.3575, 0.855, 0.215, 0.7125, 0.0725, 0.57, 1.0675, 0.4275, 0.925, 0.285, 0.7825, 0.1425, 0.64, 0, 0.4975, 0.9975, 0.3575, 0.855, 0.215, 0.7125, 0.0725, 0.57, 1.0675, 0.4275, 0.925, 0.285, 0.7825, 0.1425, 0.64, 0, 0.4975, 0.9975, 0.3575, 0.855, 0.215, 0.7125, 0.0725, 0.57, 1.0675, 0.4275, 0.925, 0.285, 0.7825, 0.1425, 0.64, 0, 0.4975, 0.9975, 0.3575, 0.855, 0.215, 0.7125, 0.0725, 0.57, 1.0675, 0.4275, 0.925, 0.285, 0.7825, 0.1425, 0.64], "SoftwareVersions": "syngo MR D11", "SpacingBetweenSlices": 2.4, "StationName": "AWP45239", "TaskName": "Resting fmri", "TotalReadoutTime": 0.0294501, "TxRefAmp": 347.06, "WipMemBlock": "036deff6-88ff-4643-84c6-1267e0649ae3||Sequence: VD11D r206; Feb 13 2013 18:52:04 by eja", "dcmmeta_affine": [[-2.394923686981201, -0.02059459686279297, 0.06282470375299454, 117.92240905761719], [-0.05107109993696213, 2.020260810852051, -1.2890771627426147, -71.3111801147461], [0.041822612285614014, 1.2876875400543213, 2.0234458446502686, -84.72621154785156], [0.0, 0.0, 0.0, 1.0]], "dcmmeta_reorient_transform": [[0.0, -1.0, 0.0, 95.0], [1.0, 0.0, 0.0, 0.0], [0.0, 0.0, 1.0, 0.0], [0.0, 0.0, 0.0, 1.0]], "dcmmeta_shape": [96, 96, 64, 518], "dcmmeta_slice_dim": 2, "dcmmeta_version": 0.6, "global": {"const": {"AcquisitionMatrix": [96, 0, 0, 96], "AngioFlag": "N", "BitsAllocated": 16, "BitsStored": 16, "BodyPartExamined": "BRAIN", "Columns": 768, "EchoNumbers": 1, "EchoTime": 30.0, "EchoTrainLength": 48, "FlipAngle": 63.0, "HighBit": 15, "ImageOrientationPatient": [0.99962036563913, 0.02131663402575, 0.017456394625, -0.0085960061229, 0.84323932057174, -0.5374695869725], "ImagePositionPatient": [-913.7405088062, -816.58112050093, 456.21470859936], "ImageType": ["ORIGINAL", "PRIMARY", "M", "ND", "NORM", "MOSAIC"], "ImagedNucleus": "1H", "ImagingFrequency": 123.193127, "InPlanePhaseEncodingDirection": "COL", "MRAcquisitionType": "2D", "MagneticFieldStrength": 3.0, "Manufacturer": "SIEMENS", "ManufacturerModelName": "Skyra", "Modality": "MR", "NumberOfAverages": 1.0, "NumberOfPhaseEncodingSteps": 96, "PercentPhaseFieldOfView": 100.0, "PercentSampling": 100.0, "PerformedProcedureStepStartTime": "071738.593000", "PhotometricInterpretation": "MONOCHROME2", "PixelBandwidth": 2005.0, "PixelRepresentation": 0, "PixelSpacing": [2.3958332538605, 2.3958332538605], "ProtocolName": "Resting State fMRI MBEPI_matrix96_BW2004", "RepetitionTime": 1160.0, "Rows": 768, "SAR": 0.10828911199639, "SamplesPerPixel": 1, "ScanOptions": "FS", "ScanningSequence": "EP", "SequenceName": "epfid2d1_96", "SequenceVariant": "SK", "SeriesDescription": "Resting State fMRI MBEPI_matrix96_BW2004", "SeriesNumber": 6, "SeriesTime": "073641.765000", "SliceLocation": -30.043686872885, "SliceThickness": 2.0, "SmallestImagePixelValue": 0, "SoftwareVersions": "syngo MR D11", "SpacingBetweenSlices": 2.4000000374285, "SpecificCharacterSet": "ISO_IR 100", "StudyID": "1", "StudyTime": "071738.546000", "TransmitCoilName": "Body", "VariableFlipAngleFlag": "N", "WindowCenterWidthExplanation": "Algo1", "dBdt": 0.0}, "slices": {}}, "time": {"samples": {"AcquisitionNumber": [1, 2, 3, 4, 5, 6, 7, 8, 9, 10, 11, 12, 13, 14, 15, 16, 17, 18, 19, 20, 21, 22, 23, 24, 25, 26, 27, 28, 29, 30, 31, 32, 33, 34, 35, 36, 37, 38, 39, 40, 41, 42, 43, 44, 45, 46, 47, 48, 49, 50, 51, 52, 53, 54, 55, 56, 57, 58, 59, 60, 61, 62, 63, 64, 65, 66, 67, 68, 69, 70, 71, 72, 73, 74, 75, 76, 77, 78, 79, 80, 81, 82, 83, 84, 85, 86, 87, 88, 89, 90, 91, 92, 93, 94, 95, 96, 97, 98, 99, 100, 101, 102, 103, 104, 105, 106, 107, 108, 109, 110, 111, 112, 113, 114, 115, 116, 117, 118, 119, 120, 121, 122, 123, 124, 125, 126, 127, 128, 129, 130, 131, 132, 133, 134, 135, 136, 137, 138, 139, 140, 141, 142, 143, 144, 145, 146, 147, 148, 149, 150, 151, 152, 153, 154, 155, 156, 157, 158, 159, 160, 161, 162, 163, 164, 165, 166, 167, 168, 169, 170, 171, 172, 173, 174, 175, 176, 177, 178, 179, 180, 181, 182, 183, 184, 185, 186, 187, 188, 189, 190, 191, 192, 193, 194, 195, 196, 197, 198, 199, 200, 201, 202, 203, 204, 205, 206, 207, 208, 209, 210, 211, 212, 213, 214, 215, 216, 217, 218, 219, 220, 221, 222, 223, 224, 225, 226, 227, 228, 229, 230, 231, 232, 233, 234, 235, 236, 237, 238, 239, 240, 241, 242, 243, 244, 245, 246, 247, 248, 249, 250, 251, 252, 253, 254, 255, 256, 257, 258, 259, 260, 261, 262, 263, 264, 265, 266, 267, 268, 269, 270, 271, 272, 273, 274, 275, 276, 277, 278, 279, 280, 281, 282, 283, 284, 285, 286, 287, 288, 289, 290, 291, 292, 293, 294, 295, 296, 297, 298, 299, 300, 301, 302, 303, 304, 305, 306, 307, 308, 309, 310, 311, 312, 313, 314, 315, 316, 317, 318, 319, 320, 321, 322, 323, 324, 325, 326, 327, 328, 329, 330, 331, 332, 333, 334, 335, 336, 337, 338, 339, 340, 341, 342, 343, 344, 345, 346, 347, 348, 349, 350, 351, 352, 353, 354, 355, 356, 357, 358, 359, 360, 361, 362, 363, 364, 365, 366, 367, 368, 369, 370, 371, 372, 373, 374, 375, 376, 377, 378, 379, 380, 381, 382, 383, 384, 385, 386, 387, 388, 389, 390, 391, 392, 393, 394, 395, 396, 397, 398, 399, 400, 401, 402, 403, 404, 405, 406, 407, 408, 409, 410, 411, 412, 413, 414, 415, 416, 417, 418, 419, 420, 421, 422, 423, 424, 425, 426, 427, 428, 429, 430, 431, 432, 433, 434, 435, 436, 437, 438, 439, 440, 441, 442, 443, 444, 445, 446, 447, 448, 449, 450, 451, 452, 453, 454, 455, 456, 457, 458, 459, 460, 461, 462, 463, 464, 465, 466, 467, 468, 469, 470, 471, 472, 473, 474, 475, 476, 477, 478, 479, 480, 481, 482, 483, 484, 485, 486, 487, 488, 489, 490, 491, 492, 493, 494, 495, 496, 497, 498, 499, 500, 501, 502, 503, 504, 505, 506, 507, 508, 509, 510, 511, 512, 513, 514, 515, 516, 517, 518], "AcquisitionTime": ["073602.665000", "073631.665000", "073632.825000", "073633.985000", "073635.145000", "073636.305000", "073637.465000", "073638.625000", "073639.785000", "073640.945000", "073642.105000", "073643.265000", "073644.425000", "073645.585000", "073646.745000", "073647.905000", "073649.065000", "073650.225000", "073651.385000", "073652.545000", "073653.705000", "073654.865000", "073656.025000", "073657.185000", "073658.345000", "073659.505000", "073700.665000", "073701.825000", "073702.985000", "073704.145000", "073705.305000", "073706.465000", "073707.625000", "073708.785000", "073709.945000", "073711.105000", "073712.265000", "073713.425000", "073714.585000", "073715.745000", "073716.905000", "073718.065000", "073719.225000", "073720.385000", "073721.545000", "073722.705000", "073723.865000", "073725.025000", "073726.185000", "073727.345000", "073728.505000", "073729.665000", "073730.825000", "073731.985000", "073733.145000", "073734.305000", "073735.465000", "073736.625000", "073737.785000", "073738.945000", "073740.105000", "073741.265000", "073742.425000", "073743.585000", "073744.745000", "073745.905000", "073747.065000", "073748.225000", "073749.385000", "073750.545000", "073751.705000", "073752.865000", "073754.025000", "073755.185000", "073756.345000", "073757.505000", "073758.665000", "073759.825000", "073800.985000", "073802.145000", "073803.305000", "073804.465000", "073805.625000", "073806.785000", "073807.945000", "073809.105000", "073810.265000", "073811.425000", "073812.585000", "073813.745000", "073814.905000", "073816.065000", "073817.225000", "073818.385000", "073819.545000", "073820.705000", "073821.865000", "073823.025000", "073824.185000", "073825.345000", "073826.505000", "073827.665000", "073828.825000", "073829.985000", "073831.145000", "073832.305000", "073833.465000", "073834.625000", "073835.785000", "073836.945000", "073838.107500", "073839.267500", "073840.427500", "073841.587500", "073842.747500", "073843.907500", "073845.067500", "073846.227500", "073847.387500", "073848.547500", "073849.707500", "073850.867500", "073852.027500", "073853.187500", "073854.347500", "073855.507500", "073856.667500", "073857.827500", "073858.987500", "073900.147500", "073901.307500", "073902.467500", "073903.627500", "073904.787500", "073905.947500", "073907.107500", "073908.267500", "073909.427500", "073910.587500", "073911.747500", "073912.907500", "073914.067500", "073915.227500", "073916.387500", "073917.547500", "073918.707500", "073919.867500", "073921.027500", "073922.187500", "073923.347500", "073924.507500", "073925.667500", "073926.827500", "073927.987500", "073929.147500", "073930.307500", "073931.467500", "073932.627500", "073933.787500", "073934.947500", "073936.107500", "073937.267500", "073938.427500", "073939.587500", "073940.747500", "073941.907500", "073943.067500", "073944.227500", "073945.387500", "073946.547500", "073947.707500", "073948.867500", "073950.027500", "073951.187500", "073952.347500", "073953.507500", "073954.667500", "073955.827500", "073956.987500", "073958.147500", "073959.307500", "074000.467500", "074001.627500", "074002.787500", "074003.947500", "074005.107500", "074006.267500", "074007.427500", "074008.587500", "074009.747500", "074010.907500", "074012.067500", "074013.227500", "074014.387500", "074015.547500", "074016.707500", "074017.867500", "074019.027500", "074020.187500", "074021.347500", "074022.507500", "074023.667500", "074024.827500", "074025.987500", "074027.147500", "074028.307500", "074029.467500", "074030.627500", "074031.787500", "074032.947500", "074034.107500", "074035.267500", "074036.427500", "074037.587500", "074038.747500", "074039.907500", "074041.067500", "074042.227500", "074043.387500", "074044.547500", "074045.707500", "074046.867500", "074048.027500", "074049.187500", "074050.347500", "074051.507500", "074052.667500", "074053.827500", "074054.987500", "074056.147500", "074057.307500", "074058.467500", "074059.627500", "074100.787500", "074101.947500", "074103.107500", "074104.267500", "074105.427500", "074106.587500", "074107.747500", "074108.907500", "074110.067500", "074111.227500", "074112.387500", "074113.547500", "074114.707500", "074115.867500", "074117.027500", "074118.187500", "074119.347500", "074120.507500", "074121.667500", "074122.827500", "074123.987500", "074125.147500", "074126.307500", "074127.467500", "074128.627500", "074129.787500", "074130.947500", "074132.107500", "074133.267500", "074134.427500", "074135.587500", "074136.747500", "074137.907500", "074139.067500", "074140.227500", "074141.387500", "074142.547500", "074143.707500", "074144.867500", "074146.027500", "074147.187500", "074148.347500", "074149.507500", "074150.667500", "074151.827500", "074152.987500", "074154.147500", "074155.307500", "074156.467500", "074157.627500", "074158.787500", "074159.947500", "074201.107500", "074202.267500", "074203.427500", "074204.587500", "074205.747500", "074206.907500", "074208.067500", "074209.227500", "074210.387500", "074211.547500", "074212.707500", "074213.867500", "074215.027500", "074216.187500", "074217.347500", "074218.507500", "074219.667500", "074220.827500", "074221.987500", "074223.147500", "074224.307500", "074225.467500", "074226.627500", "074227.787500", "074228.947500", "074230.107500", "074231.267500", "074232.427500", "074233.587500", "074234.747500", "074235.907500", "074237.067500", "074238.227500", "074239.387500", "074240.547500", "074241.707500", "074242.867500", "074244.027500", "074245.187500", "074246.347500", "074247.507500", "074248.667500", "074249.827500", "074250.987500", "074252.147500", "074253.307500", "074254.467500", "074255.627500", "074256.787500", "074257.947500", "074259.107500", "074300.267500", "074301.427500", "074302.587500", "074303.747500", "074304.907500", "074306.067500", "074307.227500", "074308.387500", "074309.547500", "074310.707500", "074311.867500", "074313.027500", "074314.187500", "074315.347500", "074316.507500", "074317.667500", "074318.827500", "074319.987500", "074321.147500", "074322.307500", "074323.467500", "074324.627500", "074325.787500", "074326.947500", "074328.110000", "074329.270000", "074330.430000", "074331.590000", "074332.750000", "074333.910000", "074335.070000", "074336.230000", "074337.390000", "074338.550000", "074339.710000", "074340.870000", "074342.030000", "074343.190000", "074344.350000", "074345.510000", "074346.670000", "074347.830000", "074348.990000", "074350.150000", "074351.310000", "074352.470000", "074353.630000", "074354.790000", "074355.950000", "074357.110000", "074358.270000", "074359.430000", "074400.590000", "074401.750000", "074402.910000", "074404.070000", "074405.230000", "074406.390000", "074407.550000", "074408.710000", "074409.870000", "074411.030000", "074412.190000", "074413.350000", "074414.510000", "074415.670000", "074416.830000", "074417.990000", "074419.150000", "074420.310000", "074421.470000", "074422.630000", "074423.790000", "074424.950000", "074426.110000", "074427.270000", "074428.430000", "074429.590000", "074430.750000", "074431.910000", "074433.070000", "074434.230000", "074435.390000", "074436.550000", "074437.710000", "074438.870000", "074440.030000", "074441.190000", "074442.350000", "074443.510000", "074444.670000", "074445.830000", "074446.990000", "074448.150000", "074449.310000", "074450.470000", "074451.630000", "074452.790000", "074453.950000", "074455.110000", "074456.270000", "074457.430000", "074458.590000", "074459.750000", "074500.910000", "074502.070000", "074503.230000", "074504.390000", "074505.550000", "074506.710000", "074507.870000", "074509.030000", "074510.190000", "074511.350000", "074512.510000", "074513.670000", "074514.830000", "074515.990000", "074517.150000", "074518.310000", "074519.470000", "074520.630000", "074521.790000", "074522.950000", "074524.110000", "074525.270000", "074526.430000", "074527.590000", "074528.750000", "074529.910000", "074531.070000", "074532.230000", "074533.390000", "074534.550000", "074535.710000", "074536.870000", "074538.030000", "074539.190000", "074540.350000", "074541.510000", "074542.670000", "074543.830000", "074544.990000", "074546.150000", "074547.310000", "074548.470000", "074549.630000", "074550.790000", "074551.950000", "074553.110000", "074554.270000", "074555.430000", "074556.590000", "074557.750000", "074558.910000", "074600.070000", "074601.230000", "074602.390000", "074603.550000", "074604.710000", "074605.870000", "074607.030000", "074608.190000", "074609.350000", "074610.510000", "074611.670000", "074612.830000", "074613.990000", "074615.150000", "074616.310000", "074617.470000", "074618.630000", "074619.790000", "074620.950000", "074622.110000", "074623.270000", "074624.430000", "074625.590000", "074626.750000", "074627.910000", "074629.070000", "074630.230000"], "ContentTime": ["073641.765000", "073646.906000", "073646.906000", "073646.921000", "073646.921000", "073651.906000", "073651.906000", "073651.921000", "073651.921000", "073656.906000", "073656.906000", "073656.984000", "073656.984000", "073701.906000", "073701.921000", "073701.921000", "073701.921000", "073706.906000", "073706.921000", "073706.921000", "073711.906000", "073711.906000", "073711.921000", "073711.921000", "073716.906000", "073716.906000", "073716.921000", "073716.921000", "073721.906000", "073721.906000", "073721.921000", "073721.921000", "073726.906000", "073726.906000", "073726.921000", "073726.921000", "073731.906000", "073731.906000", "073731.921000", "073736.906000", "073736.906000", "073736.921000", "073736.921000", "073741.906000", "073741.921000", "073741.921000", "073741.921000", "073746.906000", "073746.906000", "073746.921000", "073746.921000", "073751.906000", "073751.906000", "073751.921000", "073756.906000", "073756.906000", "073756.921000", "073756.921000", "073801.906000", "073801.906000", "073801.921000", "073801.921000", "073806.906000", "073806.906000", "073806.921000", "073806.921000", "073811.906000", "073811.906000", "073811.921000", "073811.921000", "073816.906000", "073816.906000", "073816.921000", "073821.906000", "073821.906000", "073821.921000", "073821.921000", "073826.906000", "073826.906000", "073826.921000", "073826.921000", "073831.906000", "073831.906000", "073831.921000", "073836.906000", "073836.906000", "073836.921000", "073836.921000", "073841.906000", "073841.921000", "073841.921000", "073841.921000", "073846.906000", "073846.906000", "073846.921000", "073846.921000", "073851.906000", "073851.906000", "073851.921000", "073851.921000", "073856.906000", "073856.906000", "073856.921000", "073856.921000", "073901.906000", "073901.906000", "073901.921000", "073906.906000", "073906.921000", "073906.921000", "073906.921000", "073911.906000", "073911.906000", "073911.921000", "073911.921000", "073916.906000", "073916.906000", "073916.921000", "073916.921000", "073921.906000", "073921.906000", "073921.921000", "073926.906000", "073926.906000", "073926.921000", "073926.921000", "073931.906000", "073931.906000", "073931.921000", "073931.921000", "073936.906000", "073936.921000", "073936.921000", "073941.906000", "073941.906000", "073941.921000", "073941.921000", "073946.906000", "073946.906000", "073946.921000", "073946.921000", "073951.906000", "073951.921000", "073951.921000", "073956.906000", "073956.906000", "073956.921000", "073956.921000", "074001.906000", "074001.921000", "074001.921000", "074001.921000", "074006.906000", "074006.906000", "074006.921000", "074006.921000", "074011.906000", "074011.906000", "074011.921000", "074016.906000", "074016.906000", "074016.921000", "074016.921000", "074021.906000", "074021.906000", "074021.921000", "074021.921000", "074026.906000", "074026.906000", "074026.921000", "074031.906000", "074031.906000", "074031.921000", "074031.921000", "074041.906000", "074041.906000", "074041.921000", "074041.921000", "074041.921000", "074041.921000", "074041.921000", "074041.937000", "074046.906000", "074046.906000", "074046.921000", "074051.906000", "074051.906000", "074051.921000", "074051.921000", "074056.906000", "074056.906000", "074056.921000", "074056.921000", "074101.906000", "074101.906000", "074101.921000", "074106.906000", "074106.906000", "074106.921000", "074106.921000", "074111.906000", "074111.921000", "074111.921000", "074111.921000", "074116.906000", "074116.906000", "074116.921000", "074116.921000", "074121.906000", "074121.906000", "074121.921000", "074126.906000", "074126.906000", "074126.921000", "074126.921000", "074131.906000", "074131.906000", "074131.921000", "074131.921000", "074136.906000", "074136.906000", "074136.921000", "074136.921000", "074141.906000", "074141.906000", "074141.921000", "074146.906000", "074146.906000", "074146.921000", "074146.921000", "074151.906000", "074151.906000", "074151.921000", "074151.921000", "074156.906000", "074156.906000", "074156.921000", "074156.921000", "074201.906000", "074201.906000", "074201.921000", "074206.906000", "074206.906000", "074206.921000", "074206.921000", "074211.906000", "074211.906000", "074211.921000", "074211.921000", "074216.906000", "074216.906000", "074216.921000", "074221.906000", "074221.906000", "074221.921000", "074221.921000", "074226.906000", "074226.906000", "074226.921000", "074226.921000", "074231.906000", "074231.906000", "074231.921000", "074231.921000", "074236.906000", "074236.906000", "074236.921000", "074236.921000", "074241.906000", "074241.906000", "074241.921000", "074246.906000", "074246.906000", "074246.921000", "074246.921000", "074246.921000", "074251.906000", "074251.937000", "074251.937000", "074256.906000", "074256.906000", "074256.921000", "074256.921000", "074301.906000", "074301.906000", "074301.921000", "074301.921000", "074306.906000", "074306.921000", "074306.921000", "074306.921000", "074306.921000", "074311.906000", "074311.906000", "074311.921000", "074316.906000", "074316.906000", "074316.921000", "074316.921000", "074321.906000", "074321.906000", "074321.921000", "074321.921000", "074326.906000", "074326.906000", "074326.921000", "074331.906000", "074331.906000", "074331.921000", "074331.921000", "074336.906000", "074336.906000", "074336.921000", "074336.921000", "074341.906000", "074341.906000", "074341.921000", "074341.921000", "074346.906000", "074346.906000", "074346.921000", "074351.906000", "074351.906000", "074351.921000", "074351.921000", "074356.906000", "074356.906000", "074356.921000", "074356.937000", "074401.906000", "074401.921000", "074401.921000", "074401.921000", "074406.906000", "074406.906000", "074406.921000", "074406.921000", "074411.906000", "074411.906000", "074411.921000", "074416.906000", "074416.906000", "074416.921000", "074416.921000", "074416.921000", "074421.906000", "074421.921000", "074421.921000", "074426.906000", "074426.906000", "074426.921000", "074426.921000", "074431.906000", "074431.906000", "074431.921000", "074431.921000", "074436.906000", "074436.906000", "074436.921000", "074436.921000", "074441.906000", "074441.921000", "074441.921000", "074441.921000", "074446.906000", "074446.906000", "074446.921000", "074451.906000", "074451.906000", "074451.921000", "074451.921000", "074456.906000", "074456.906000", "074456.921000", "074456.921000", "074501.906000", "074501.906000", "074501.921000", "074501.921000", "074506.906000", "074506.906000", "074506.921000", "074506.921000", "074511.906000", "074511.906000", "074511.921000", "074511.921000", "074516.906000", "074516.906000", "074516.921000", "074521.906000", "074521.906000", "074521.921000", "074521.921000", "074526.906000", "074526.906000", "074526.921000", "074526.921000", "074531.906000", "074531.906000", "074531.921000", "074531.953000", "074536.906000", "074536.906000", "074536.921000", "074536.921000", "074541.906000", "074541.906000", "074541.921000", "074546.906000", "074546.906000", "074546.921000", "074546.921000", "074551.906000", "074551.937000", "074551.953000", "074551.953000", "074556.906000", "074556.921000", "074556.921000", "074601.906000", "074601.906000", "074601.921000", "074601.921000", "074606.906000", "074606.906000", "074606.921000", "074606.921000", "074611.906000", "074611.906000", "074611.921000", "074616.906000", "074616.906000", "074616.921000", "074616.921000", "074621.906000", "074621.937000", "074621.953000", "074621.953000", "074626.906000", "074626.906000", "074626.921000", "074631.906000", "074631.906000", "074631.921000", "074631.921000", "074636.906000", "074636.937000", "074636.937000", "074636.953000", "074641.906000", "074641.906000", "074641.921000", "074641.921000", "074646.906000", "074646.906000", "074646.921000", "074646.921000", "074651.906000", "074651.906000", "074651.921000", "074651.921000", "074656.906000", "074656.921000", "074656.921000", "074656.921000", "074701.906000", "074701.921000", "074701.921000", "074701.921000", "074706.906000", "074706.906000", "074706.921000", "074706.921000", "074711.906000", "074711.906000", "074711.921000", "074711.921000", "074716.906000", "074716.906000", "074716.921000", "074721.906000", "074721.921000", "074721.921000", "074721.921000", "074726.906000", "074726.906000", "074726.921000", "074726.921000", "074726.921000", "074731.906000", "074731.906000", "074731.921000", "074731.921000", "074736.906000", "074736.906000", "074736.921000", "074736.921000", "074741.906000", "074741.906000", "074741.921000", "074741.921000", "074746.906000", "074746.921000", "074746.921000", "074751.906000", "074751.906000", "074751.921000", "074751.921000", "074756.906000", "074756.921000", "074756.921000", "074756.921000", "074801.906000", "074801.906000", "074801.921000", "074802.921000", "074802.921000"], "InstanceCreationTime": ["073641.765000", "073646.906000", "073646.906000", "073646.921000", "073646.921000", "073651.906000", "073651.906000", "073651.921000", "073651.921000", "073656.906000", "073656.906000", "073656.984000", "073656.984000", "073701.906000", "073701.921000", "073701.921000", "073701.921000", "073706.906000", "073706.921000", "073706.921000", "073711.906000", "073711.906000", "073711.921000", "073711.921000", "073716.906000", "073716.906000", "073716.921000", "073716.921000", "073721.906000", "073721.906000", "073721.921000", "073721.921000", "073726.906000", "073726.906000", "073726.921000", "073726.921000", "073731.906000", "073731.906000", "073731.921000", "073736.906000", "073736.906000", "073736.921000", "073736.921000", "073741.906000", "073741.921000", "073741.921000", "073741.921000", "073746.906000", "073746.906000", "073746.921000", "073746.921000", "073751.906000", "073751.906000", "073751.921000", "073756.906000", "073756.906000", "073756.921000", "073756.921000", "073801.906000", "073801.906000", "073801.921000", "073801.921000", "073806.906000", "073806.906000", "073806.921000", "073806.921000", "073811.906000", "073811.906000", "073811.921000", "073811.921000", "073816.906000", "073816.906000", "073816.921000", "073821.906000", "073821.906000", "073821.921000", "073821.921000", "073826.906000", "073826.906000", "073826.921000", "073826.921000", "073831.906000", "073831.906000", "073831.921000", "073836.906000", "073836.906000", "073836.921000", "073836.921000", "073841.906000", "073841.921000", "073841.921000", "073841.921000", "073846.906000", "073846.906000", "073846.921000", "073846.921000", "073851.906000", "073851.906000", "073851.921000", "073851.921000", "073856.906000", "073856.906000", "073856.921000", "073856.921000", "073901.906000", "073901.906000", "073901.921000", "073906.906000", "073906.921000", "073906.921000", "073906.921000", "073911.906000", "073911.906000", "073911.921000", "073911.921000", "073916.906000", "073916.906000", "073916.921000", "073916.921000", "073921.906000", "073921.906000", "073921.921000", "073926.906000", "073926.906000", "073926.921000", "073926.921000", "073931.906000", "073931.906000", "073931.921000", "073931.921000", "073936.906000", "073936.921000", "073936.921000", "073941.906000", "073941.906000", "073941.921000", "073941.921000", "073946.906000", "073946.906000", "073946.921000", "073946.921000", "073951.906000", "073951.921000", "073951.921000", "073956.906000", "073956.906000", "073956.921000", "073956.921000", "074001.906000", "074001.921000", "074001.921000", "074001.921000", "074006.906000", "074006.906000", "074006.921000", "074006.921000", "074011.906000", "074011.906000", "074011.921000", "074016.906000", "074016.906000", "074016.921000", "074016.921000", "074021.906000", "074021.906000", "074021.921000", "074021.921000", "074026.906000", "074026.906000", "074026.921000", "074031.906000", "074031.906000", "074031.921000", "074031.921000", "074041.906000", "074041.906000", "074041.921000", "074041.921000", "074041.921000", "074041.921000", "074041.921000", "074041.937000", "074046.906000", "074046.906000", "074046.921000", "074051.906000", "074051.906000", "074051.921000", "074051.921000", "074056.906000", "074056.906000", "074056.921000", "074056.921000", "074101.906000", "074101.906000", "074101.921000", "074106.906000", "074106.906000", "074106.921000", "074106.921000", "074111.906000", "074111.921000", "074111.921000", "074111.921000", "074116.906000", "074116.906000", "074116.921000", "074116.921000", "074121.906000", "074121.906000", "074121.921000", "074126.906000", "074126.906000", "074126.921000", "074126.921000", "074131.906000", "074131.906000", "074131.921000", "074131.921000", "074136.906000", "074136.906000", "074136.921000", "074136.921000", "074141.906000", "074141.906000", "074141.921000", "074146.906000", "074146.906000", "074146.921000", "074146.921000", "074151.906000", "074151.906000", "074151.921000", "074151.921000", "074156.906000", "074156.906000", "074156.921000", "074156.921000", "074201.906000", "074201.906000", "074201.921000", "074206.906000", "074206.906000", "074206.921000", "074206.921000", "074211.906000", "074211.906000", "074211.921000", "074211.921000", "074216.906000", "074216.906000", "074216.921000", "074221.906000", "074221.906000", "074221.921000", "074221.921000", "074226.906000", "074226.906000", "074226.921000", "074226.921000", "074231.906000", "074231.906000", "074231.921000", "074231.921000", "074236.906000", "074236.906000", "074236.921000", "074236.921000", "074241.906000", "074241.906000", "074241.921000", "074246.906000", "074246.906000", "074246.921000", "074246.921000", "074246.921000", "074251.906000", "074251.937000", "074251.937000", "074256.906000", "074256.906000", "074256.921000", "074256.921000", "074301.906000", "074301.906000", "074301.921000", "074301.921000", "074306.906000", "074306.921000", "074306.921000", "074306.921000", "074306.921000", "074311.906000", "074311.906000", "074311.921000", "074316.906000", "074316.906000", "074316.921000", "074316.921000", "074321.906000", "074321.906000", "074321.921000", "074321.921000", "074326.906000", "074326.906000", "074326.921000", "074331.906000", "074331.906000", "074331.921000", "074331.921000", "074336.906000", "074336.906000", "074336.921000", "074336.921000", "074341.906000", "074341.906000", "074341.921000", "074341.921000", "074346.906000", "074346.906000", "074346.921000", "074351.906000", "074351.906000", "074351.921000", "074351.921000", "074356.906000", "074356.906000", "074356.921000", "074356.937000", "074401.906000", "074401.921000", "074401.921000", "074401.921000", "074406.906000", "074406.906000", "074406.921000", "074406.921000", "074411.906000", "074411.906000", "074411.921000", "074416.906000", "074416.906000", "074416.921000", "074416.921000", "074416.921000", "074421.906000", "074421.921000", "074421.921000", "074426.906000", "074426.906000", "074426.921000", "074426.921000", "074431.906000", "074431.906000", "074431.921000", "074431.921000", "074436.906000", "074436.906000", "074436.921000", "074436.921000", "074441.906000", "074441.921000", "074441.921000", "074441.921000", "074446.906000", "074446.906000", "074446.921000", "074451.906000", "074451.906000", "074451.921000", "074451.921000", "074456.906000", "074456.906000", "074456.921000", "074456.921000", "074501.906000", "074501.906000", "074501.921000", "074501.921000", "074506.906000", "074506.906000", "074506.921000", "074506.921000", "074511.906000", "074511.906000", "074511.921000", "074511.921000", "074516.906000", "074516.906000", "074516.921000", "074521.906000", "074521.906000", "074521.921000", "074521.921000", "074526.906000", "074526.906000", "074526.921000", "074526.921000", "074531.906000", "074531.906000", "074531.921000", "074531.953000", "074536.906000", "074536.906000", "074536.921000", "074536.921000", "074541.906000", "074541.906000", "074541.921000", "074546.906000", "074546.906000", "074546.921000", "074546.921000", "074551.906000", "074551.937000", "074551.953000", "074551.953000", "074556.906000", "074556.921000", "074556.921000", "074601.906000", "074601.906000", "074601.921000", "074601.921000", "074606.906000", "074606.906000", "074606.921000", "074606.921000", "074611.906000", "074611.906000", "074611.921000", "074616.906000", "074616.906000", "074616.921000", "074616.921000", "074621.906000", "074621.937000", "074621.953000", "074621.953000", "074626.906000", "074626.906000", "074626.921000", "074631.906000", "074631.906000", "074631.921000", "074631.921000", "074636.906000", "074636.937000", "074636.937000", "074636.953000", "074641.906000", "074641.906000", "074641.921000", "074641.921000", "074646.906000", "074646.906000", "074646.921000", "074646.921000", "074651.906000", "074651.906000", "074651.921000", "074651.921000", "074656.906000", "074656.921000", "074656.921000", "074656.921000", "074701.906000", "074701.921000", "074701.921000", "074701.921000", "074706.906000", "074706.906000", "074706.921000", "074706.921000", "074711.906000", "074711.906000", "074711.921000", "074711.921000", "074716.906000", "074716.906000", "074716.921000", "074721.906000", "074721.921000", "074721.921000", "074721.921000", "074726.906000", "074726.906000", "074726.921000", "074726.921000", "074726.921000", "074731.906000", "074731.906000", "074731.921000", "074731.921000", "074736.906000", "074736.906000", "074736.921000", "074736.921000", "074741.906000", "074741.906000", "074741.921000", "074741.921000", "074746.906000", "074746.921000", "074746.921000", "074751.906000", "074751.906000", "074751.921000", "074751.921000", "074756.906000", "074756.921000", "074756.921000", "074756.921000", "074801.906000", "074801.906000", "074801.921000", "074802.921000", "074802.921000"], "InstanceNumber": [1, 2, 3, 4, 5, 6, 7, 8, 9, 10, 11, 12, 13, 14, 15, 16, 17, 18, 19, 20, 21, 22, 23, 24, 25, 26, 27, 28, 29, 30, 31, 32, 33, 34, 35, 36, 37, 38, 39, 40, 41, 42, 43, 44, 45, 46, 47, 48, 49, 50, 51, 52, 53, 54, 55, 56, 57, 58, 59, 60, 61, 62, 63, 64, 65, 66, 67, 68, 69, 70, 71, 72, 73, 74, 75, 76, 77, 78, 79, 80, 81, 82, 83, 84, 85, 86, 87, 88, 89, 90, 91, 92, 93, 94, 95, 96, 97, 98, 99, 100, 101, 102, 103, 104, 105, 106, 107, 108, 109, 110, 111, 112, 113, 114, 115, 116, 117, 118, 119, 120, 121, 122, 123, 124, 125, 126, 127, 128, 129, 130, 131, 132, 133, 134, 135, 136, 137, 138, 139, 140, 141, 142, 143, 144, 145, 146, 147, 148, 149, 150, 151, 152, 153, 154, 155, 156, 157, 158, 159, 160, 161, 162, 163, 164, 165, 166, 167, 168, 169, 170, 171, 172, 173, 174, 175, 176, 177, 178, 179, 180, 181, 182, 183, 184, 185, 186, 187, 188, 189, 190, 191, 192, 193, 194, 195, 196, 197, 198, 199, 200, 201, 202, 203, 204, 205, 206, 207, 208, 209, 210, 211, 212, 213, 214, 215, 216, 217, 218, 219, 220, 221, 222, 223, 224, 225, 226, 227, 228, 229, 230, 231, 232, 233, 234, 235, 236, 237, 238, 239, 240, 241, 242, 243, 244, 245, 246, 247, 248, 249, 250, 251, 252, 253, 254, 255, 256, 257, 258, 259, 260, 261, 262, 263, 264, 265, 266, 267, 268, 269, 270, 271, 272, 273, 274, 275, 276, 277, 278, 279, 280, 281, 282, 283, 284, 285, 286, 287, 288, 289, 290, 291, 292, 293, 294, 295, 296, 297, 298, 299, 300, 301, 302, 303, 304, 305, 306, 307, 308, 309, 310, 311, 312, 313, 314, 315, 316, 317, 318, 319, 320, 321, 322, 323, 324, 325, 326, 327, 328, 329, 330, 331, 332, 333, 334, 335, 336, 337, 338, 339, 340, 341, 342, 343, 344, 345, 346, 347, 348, 349, 350, 351, 352, 353, 354, 355, 356, 357, 358, 359, 360, 361, 362, 363, 364, 365, 366, 367, 368, 369, 370, 371, 372, 373, 374, 375, 376, 377, 378, 379, 380, 381, 382, 383, 384, 385, 386, 387, 388, 389, 390, 391, 392, 393, 394, 395, 396, 397, 398, 399, 400, 401, 402, 403, 404, 405, 406, 407, 408, 409, 410, 411, 412, 413, 414, 415, 416, 417, 418, 419, 420, 421, 422, 423, 424, 425, 426, 427, 428, 429, 430, 431, 432, 433, 434, 435, 436, 437, 438, 439, 440, 441, 442, 443, 444, 445, 446, 447, 448, 449, 450, 451, 452, 453, 454, 455, 456, 457, 458, 459, 460, 461, 462, 463, 464, 465, 466, 467, 468, 469, 470, 471, 472, 473, 474, 475, 476, 477, 478, 479, 480, 481, 482, 483, 484, 485, 486, 487, 488, 489, 490, 491, 492, 493, 494, 495, 496, 497, 498, 499, 500, 501, 502, 503, 504, 505, 506, 507, 508, 509, 510, 511, 512, 513, 514, 515, 516, 517, 518], "LargestImagePixelValue": [28463, 26846, 26810, 26318, 26373, 26371, 26201, 29601, 26275, 26392, 26272, 26311, 28763, 26285, 26313, 25969, 26075, 26292, 26138, 26346, 26045, 26154, 26146, 26120, 26161, 26205, 29283, 26176, 26082, 26205, 27288, 26092, 26155, 26122, 26177, 26330, 26200, 26181, 26312, 26245, 26149, 26218, 26244, 26538, 26203, 26003, 26345, 26390, 26146, 26154, 26062, 27752, 26176, 26054, 26186, 26498, 26283, 29550, 26246, 26145, 26287, 26184, 26130, 25970, 26100, 25981, 26411, 26070, 26126, 26016, 26175, 26456, 26216, 26194, 27132, 26219, 26025, 26291, 28272, 26235, 26199, 25989, 25972, 26735, 26053, 25993, 26027, 26195, 27057, 26108, 26462, 28254, 26086, 25985, 26283, 26197, 26282, 26168, 26376, 26164, 29329, 26163, 26233, 26442, 26102, 26032, 26114, 26088, 25905, 27659, 26134, 26227, 26257, 26111, 25925, 26008, 26464, 26017, 26185, 26313, 26078, 26629, 26177, 26308, 26202, 25976, 26331, 26056, 26118, 26198, 26220, 28122, 25959, 26225, 25929, 26018, 26104, 26342, 26335, 26227, 26109, 25984, 26088, 26488, 26154, 26138, 26122, 25948, 26114, 26326, 28027, 26816, 26574, 28172, 26158, 28044, 26378, 29233, 26162, 26420, 26219, 26594, 26421, 26386, 26247, 26516, 26362, 26320, 28488, 26469, 26327, 26047, 26257, 26241, 26217, 28922, 26080, 26276, 26135, 26558, 26205, 26368, 26287, 26320, 26293, 26372, 26134, 26182, 26110, 26021, 26583, 27611, 26147, 26478, 26203, 26414, 28341, 26641, 26266, 26354, 26326, 26355, 26371, 26671, 26183, 26278, 26564, 26421, 26432, 26325, 26233, 26396, 26612, 26449, 26261, 26345, 26134, 26804, 26383, 26615, 25988, 26339, 26889, 26631, 26458, 26207, 26177, 27248, 26446, 26645, 26298, 26328, 26188, 26170, 28164, 26354, 26449, 26332, 26413, 26129, 26448, 26403, 26537, 26391, 26454, 26595, 26277, 26566, 26526, 26292, 26619, 26492, 26608, 26341, 30947, 26475, 26340, 26681, 26506, 26682, 26319, 26296, 26417, 29692, 26678, 26689, 26514, 26279, 26558, 26452, 29846, 26560, 26360, 26457, 26454, 26429, 26508, 26619, 26396, 29803, 26576, 26514, 26498, 28522, 26523, 26548, 26492, 26324, 26570, 26777, 26477, 26585, 26758, 26526, 26600, 26539, 26528, 26692, 26412, 26348, 26349, 26598, 26715, 26458, 26355, 29040, 26588, 26533, 26550, 26437, 26359, 26501, 27173, 26709, 26638, 26378, 26750, 26813, 26465, 26621, 28231, 26630, 26895, 28943, 26661, 26635, 26575, 26976, 26907, 26669, 26810, 26488, 26805, 26724, 26806, 26601, 26820, 26792, 26825, 26706, 26688, 26628, 26596, 27083, 26785, 26713, 26380, 26677, 26948, 27165, 26664, 26692, 26571, 26665, 26652, 26999, 29561, 26605, 26892, 26649, 26689, 27705, 26747, 26727, 26741, 26909, 26683, 26743, 26779, 28692, 26762, 26692, 26322, 26664, 26726, 26488, 26696, 26566, 26737, 26772, 26690, 26626, 26882, 26937, 26938, 26650, 26687, 26698, 26820, 26959, 26787, 26936, 26740, 26507, 26506, 26619, 26717, 26671, 26692, 27129, 26762, 26715, 26754, 27104, 26710, 26605, 26499, 26717, 26547, 26973, 26649, 26560, 26653, 29565, 26655, 26706, 26662, 26810, 26592, 26648, 26617, 26682, 26505, 28608, 26679, 27320, 26540, 26640, 26672, 26348, 26584, 26574, 26619, 26565, 26576, 26598, 26668, 26567, 26913, 30258, 26520, 26618, 26521, 26428, 26516, 26793, 30533, 26625, 26888, 26650, 26277, 26744, 26838, 26844, 26564, 26626, 28009, 26589, 28225, 27045, 26797, 26595, 26391, 26396, 28176, 26508, 26920, 26895, 26802, 26652, 26716, 26567, 26726, 26507, 26796, 26949, 26386, 28102, 26625, 26685, 26847, 26610, 26635, 26444, 27857, 26695, 28444, 27485, 26571, 26528, 27070, 27089, 26547, 26641, 26540, 26608, 26448, 27022, 27968, 26584, 26670, 26730, 26687, 27164, 27071, 26972, 26758, 26772, 26561, 26793, 26711, 26922, 26689, 26847, 26764, 28940, 26555, 26918], "WindowCenter": [10217.0, 10222.0, 10237.0, 10212.0, 10214.0, 10203.0, 10224.0, 10212.0, 10223.0, 10215.0, 10206.0, 10221.0, 10230.0, 10228.0, 10212.0, 10209.0, 10197.0, 10218.0, 10211.0, 10203.0, 10229.0, 10210.0, 10220.0, 10199.0, 10219.0, 10207.0, 10229.0, 10212.0, 10216.0, 10214.0, 10230.0, 10229.0, 10226.0, 10239.0, 10214.0, 10220.0, 10223.0, 10231.0, 10218.0, 10228.0, 10220.0, 10216.0, 10234.0, 10230.0, 10228.0, 10212.0, 10220.0, 10233.0, 10230.0, 10222.0, 10218.0, 10221.0, 10207.0, 10225.0, 10229.0, 10213.0, 10217.0, 10214.0, 10210.0, 10206.0, 10208.0, 10197.0, 10196.0, 10212.0, 10198.0, 10200.0, 10214.0, 10208.0, 10227.0, 10220.0, 10222.0, 10225.0, 10233.0, 10245.0, 10226.0, 10220.0, 10226.0, 10204.0, 10222.0, 10213.0, 10214.0, 10218.0, 10203.0, 10206.0, 10213.0, 10210.0, 10215.0, 10201.0, 10220.0, 10204.0, 10203.0, 10221.0, 10227.0, 10220.0, 10226.0, 10223.0, 10227.0, 10215.0, 10213.0, 10204.0, 10224.0, 10191.0, 10213.0, 10193.0, 10204.0, 10185.0, 10198.0, 10190.0, 10185.0, 10203.0, 10177.0, 10189.0, 10178.0, 10167.0, 10207.0, 10199.0, 10209.0, 10197.0, 10218.0, 10213.0, 10222.0, 10222.0, 10218.0, 10221.0, 10222.0, 10224.0, 10217.0, 10216.0, 10225.0, 10197.0, 10211.0, 10228.0, 10218.0, 10219.0, 10212.0, 10220.0, 10207.0, 10222.0, 10223.0, 10219.0, 10219.0, 10206.0, 10204.0, 10208.0, 10193.0, 10217.0, 10213.0, 10215.0, 10211.0, 10210.0, 10221.0, 10239.0, 10235.0, 10261.0, 10259.0, 10246.0, 10218.0, 10221.0, 10216.0, 10203.0, 10206.0, 10200.0, 10203.0, 10209.0, 10225.0, 10207.0, 10209.0, 10205.0, 10229.0, 10207.0, 10223.0, 10232.0, 10217.0, 10227.0, 10203.0, 10203.0, 10224.0, 10222.0, 10216.0, 10203.0, 10194.0, 10211.0, 10198.0, 10194.0, 10193.0, 10208.0, 10211.0, 10216.0, 10214.0, 10202.0, 10204.0, 10212.0, 10223.0, 10196.0, 10200.0, 10205.0, 10224.0, 10197.0, 10207.0, 10200.0, 10198.0, 10202.0, 10202.0, 10213.0, 10216.0, 10210.0, 10208.0, 10219.0, 10221.0, 10215.0, 10201.0, 10202.0, 10207.0, 10200.0, 10203.0, 10214.0, 10215.0, 10228.0, 10215.0, 10207.0, 10215.0, 10204.0, 10228.0, 10222.0, 10215.0, 10215.0, 10214.0, 10195.0, 10211.0, 10215.0, 10210.0, 10210.0, 10204.0, 10194.0, 10210.0, 10205.0, 10222.0, 10206.0, 10207.0, 10196.0, 10201.0, 10196.0, 10195.0, 10216.0, 10201.0, 10192.0, 10216.0, 10208.0, 10227.0, 10193.0, 10221.0, 10208.0, 10216.0, 10205.0, 10216.0, 10187.0, 10196.0, 10202.0, 10197.0, 10210.0, 10196.0, 10194.0, 10195.0, 10200.0, 10196.0, 10200.0, 10209.0, 10211.0, 10208.0, 10203.0, 10216.0, 10215.0, 10203.0, 10209.0, 10196.0, 10197.0, 10213.0, 10228.0, 10217.0, 10240.0, 10193.0, 10203.0, 10218.0, 10221.0, 10236.0, 10236.0, 10216.0, 10195.0, 10206.0, 10211.0, 10204.0, 10214.0, 10203.0, 10212.0, 10203.0, 10217.0, 10201.0, 10188.0, 10212.0, 10204.0, 10173.0, 10191.0, 10203.0, 10212.0, 10206.0, 10219.0, 10181.0, 10186.0, 10187.0, 10204.0, 10204.0, 10192.0, 10193.0, 10205.0, 10199.0, 10195.0, 10183.0, 10206.0, 10198.0, 10202.0, 10214.0, 10196.0, 10205.0, 10207.0, 10210.0, 10206.0, 10220.0, 10207.0, 10210.0, 10213.0, 10225.0, 10219.0, 10214.0, 10211.0, 10218.0, 10185.0, 10191.0, 10198.0, 10197.0, 10219.0, 10217.0, 10205.0, 10204.0, 10198.0, 10187.0, 10198.0, 10192.0, 10206.0, 10210.0, 10198.0, 10185.0, 10224.0, 10190.0, 10203.0, 10188.0, 10201.0, 10189.0, 10195.0, 10200.0, 10190.0, 10206.0, 10203.0, 10198.0, 10216.0, 10210.0, 10197.0, 10193.0, 10193.0, 10203.0, 10198.0, 10213.0, 10189.0, 10176.0, 10192.0, 10180.0, 10183.0, 10169.0, 10159.0, 10166.0, 10176.0, 10189.0, 10185.0, 10181.0, 10178.0, 10193.0, 10194.0, 10200.0, 10199.0, 10197.0, 10207.0, 10198.0, 10195.0, 10199.0, 10187.0, 10193.0, 10184.0, 10199.0, 10180.0, 10194.0, 10181.0, 10171.0, 10189.0, 10188.0, 10176.0, 10179.0, 10198.0, 10198.0, 10188.0, 10193.0, 10211.0, 10218.0, 10221.0, 10224.0, 10222.0, 10211.0, 10211.0, 10196.0, 10193.0, 10204.0, 10221.0, 10210.0, 10209.0, 10199.0, 10210.0, 10182.0, 10194.0, 10197.0, 10183.0, 10179.0, 10195.0, 10204.0, 10208.0, 10208.0, 10223.0, 10208.0, 10200.0, 10197.0, 10186.0, 10179.0, 10176.0, 10190.0, 10201.0, 10185.0, 10194.0, 10196.0, 10198.0, 10201.0, 10200.0, 10181.0, 10190.0, 10192.0, 10183.0, 10202.0, 10189.0, 10205.0, 10210.0, 10212.0, 10204.0, 10221.0, 10212.0, 10201.0, 10205.0, 10187.0, 10200.0, 10186.0, 10190.0, 10197.0, 10187.0, 10194.0, 10194.0, 10175.0, 10200.0, 10194.0, 10211.0, 10200.0, 10189.0, 10194.0, 10217.0, 10205.0, 10193.0, 10218.0, 10200.0, 10212.0, 10216.0, 10219.0, 10199.0, 10220.0, 10210.0, 10220.0, 10215.0, 10197.0, 10189.0, 10160.0, 10186.0, 10195.0, 10181.0, 10183.0, 10177.0, 10181.0, 10207.0, 10193.0, 10205.0, 10191.0, 10210.0, 10200.0, 10191.0, 10212.0, 10207.0, 10196.0, 10184.0, 10180.0, 10200.0, 10197.0, 10185.0, 10193.0, 10198.0, 10185.0, 10196.0], "WindowWidth": [21736.0, 21736.0, 21763.0, 21712.0, 21713.0, 21690.0, 21729.0, 21710.0, 21731.0, 21719.0, 21701.0, 21730.0, 21746.0, 21741.0, 21712.0, 21704.0, 21679.0, 21719.0, 21706.0, 21697.0, 21746.0, 21710.0, 21723.0, 21687.0, 21721.0, 21699.0, 21743.0, 21714.0, 21717.0, 21720.0, 21753.0, 21749.0, 21746.0, 21768.0, 21721.0, 21729.0, 21735.0, 21750.0, 21725.0, 21745.0, 21737.0, 21730.0, 21762.0, 21754.0, 21750.0, 21722.0, 21732.0, 21748.0, 21745.0, 21738.0, 21731.0, 21736.0, 21704.0, 21741.0, 21751.0, 21718.0, 21722.0, 21716.0, 21704.0, 21698.0, 21696.0, 21672.0, 21671.0, 21704.0, 21680.0, 21683.0, 21715.0, 21705.0, 21741.0, 21733.0, 21736.0, 21744.0, 21757.0, 21781.0, 21751.0, 21733.0, 21737.0, 21696.0, 21733.0, 21713.0, 21712.0, 21721.0, 21694.0, 21704.0, 21711.0, 21711.0, 21718.0, 21691.0, 21721.0, 21694.0, 21696.0, 21729.0, 21743.0, 21732.0, 21741.0, 21732.0, 21739.0, 21726.0, 21717.0, 21693.0, 21727.0, 21661.0, 21702.0, 21669.0, 21691.0, 21652.0, 21675.0, 21656.0, 21649.0, 21679.0, 21630.0, 21650.0, 21630.0, 21609.0, 21686.0, 21681.0, 21701.0, 21677.0, 21721.0, 21715.0, 21730.0, 21736.0, 21727.0, 21732.0, 21734.0, 21735.0, 21724.0, 21722.0, 21735.0, 21680.0, 21712.0, 21742.0, 21722.0, 21727.0, 21712.0, 21725.0, 21703.0, 21733.0, 21732.0, 21725.0, 21725.0, 21694.0, 21691.0, 21701.0, 21671.0, 21720.0, 21715.0, 21715.0, 21705.0, 21703.0, 21740.0, 21774.0, 21780.0, 21831.0, 21808.0, 21782.0, 21724.0, 21723.0, 21713.0, 21688.0, 21692.0, 21684.0, 21691.0, 21708.0, 21738.0, 21702.0, 21700.0, 21696.0, 21745.0, 21701.0, 21732.0, 21749.0, 21719.0, 21733.0, 21690.0, 21693.0, 21733.0, 21731.0, 21714.0, 21691.0, 21672.0, 21703.0, 21679.0, 21668.0, 21666.0, 21692.0, 21707.0, 21721.0, 21717.0, 21691.0, 21697.0, 21710.0, 21727.0, 21677.0, 21680.0, 21692.0, 21729.0, 21677.0, 21699.0, 21684.0, 21679.0, 21688.0, 21687.0, 21712.0, 21722.0, 21711.0, 21706.0, 21720.0, 21725.0, 21716.0, 21687.0, 21688.0, 21694.0, 21685.0, 21693.0, 21713.0, 21713.0, 21736.0, 21712.0, 21704.0, 21715.0, 21693.0, 21736.0, 21727.0, 21714.0, 21718.0, 21715.0, 21678.0, 21705.0, 21708.0, 21703.0, 21707.0, 21692.0, 21673.0, 21705.0, 21692.0, 21730.0, 21698.0, 21695.0, 21669.0, 21682.0, 21672.0, 21676.0, 21716.0, 21689.0, 21669.0, 21710.0, 21705.0, 21743.0, 21676.0, 21728.0, 21700.0, 21715.0, 21696.0, 21712.0, 21654.0, 21666.0, 21688.0, 21684.0, 21702.0, 21678.0, 21675.0, 21670.0, 21684.0, 21668.0, 21680.0, 21705.0, 21708.0, 21698.0, 21697.0, 21717.0, 21709.0, 21689.0, 21697.0, 21670.0, 21679.0, 21713.0, 21738.0, 21720.0, 21764.0, 21673.0, 21691.0, 21732.0, 21734.0, 21761.0, 21760.0, 21718.0, 21673.0, 21691.0, 21705.0, 21691.0, 21708.0, 21692.0, 21704.0, 21688.0, 21715.0, 21686.0, 21663.0, 21711.0, 21692.0, 21636.0, 21666.0, 21689.0, 21711.0, 21701.0, 21719.0, 21651.0, 21653.0, 21658.0, 21694.0, 21689.0, 21669.0, 21668.0, 21686.0, 21681.0, 21675.0, 21653.0, 21693.0, 21678.0, 21691.0, 21709.0, 21676.0, 21690.0, 21693.0, 21700.0, 21695.0, 21719.0, 21696.0, 21700.0, 21710.0, 21736.0, 21724.0, 21711.0, 21705.0, 21718.0, 21657.0, 21662.0, 21680.0, 21676.0, 21717.0, 21722.0, 21696.0, 21691.0, 21684.0, 21655.0, 21679.0, 21665.0, 21687.0, 21699.0, 21674.0, 21654.0, 21727.0, 21662.0, 21682.0, 21656.0, 21681.0, 21655.0, 21666.0, 21680.0, 21656.0, 21684.0, 21684.0, 21671.0, 21707.0, 21700.0, 21673.0, 21663.0, 21667.0, 21679.0, 21668.0, 21697.0, 21657.0, 21629.0, 21654.0, 21633.0, 21639.0, 21613.0, 21590.0, 21603.0, 21627.0, 21649.0, 21643.0, 21641.0, 21629.0, 21661.0, 21668.0, 21677.0, 21672.0, 21670.0, 21687.0, 21668.0, 21664.0, 21672.0, 21651.0, 21659.0, 21646.0, 21671.0, 21634.0, 21659.0, 21637.0, 21614.0, 21647.0, 21646.0, 21627.0, 21627.0, 21668.0, 21672.0, 21654.0, 21668.0, 21700.0, 21713.0, 21727.0, 21731.0, 21724.0, 21699.0, 21700.0, 21676.0, 21662.0, 21688.0, 21724.0, 21703.0, 21698.0, 21681.0, 21700.0, 21646.0, 21661.0, 21661.0, 21638.0, 21634.0, 21663.0, 21683.0, 21688.0, 21698.0, 21727.0, 21696.0, 21674.0, 21667.0, 21646.0, 21630.0, 21621.0, 21648.0, 21674.0, 21640.0, 21659.0, 21664.0, 21674.0, 21676.0, 21670.0, 21638.0, 21652.0, 21652.0, 21642.0, 21673.0, 21660.0, 21695.0, 21704.0, 21704.0, 21686.0, 21719.0, 21700.0, 21677.0, 21684.0, 21652.0, 21672.0, 21649.0, 21653.0, 21668.0, 21649.0, 21660.0, 21660.0, 21625.0, 21667.0, 21661.0, 21696.0, 21675.0, 21656.0, 21667.0, 21705.0, 21683.0, 21664.0, 21712.0, 21680.0, 21701.0, 21709.0, 21711.0, 21676.0, 21734.0, 21703.0, 21721.0, 21703.0, 21667.0, 21649.0, 21589.0, 21641.0, 21658.0, 21632.0, 21635.0, 21630.0, 21636.0, 21686.0, 21665.0, 21681.0, 21656.0, 21691.0, 21676.0, 21652.0, 21692.0, 21686.0, 21664.0, 21642.0, 21636.0, 21673.0, 21662.0, 21642.0, 21657.0, 21665.0, 21636.0, 21660.0]}, "slices": {}}}