{"AcquisitionMatrixPE": 128, "AcquisitionNumber": 1, "AcquisitionTime": "07:29:29.272500", "BandwidthPerPixelPhaseEncode": 20.292, "BaseResolution": 128, "BodyPartExamined": "BRAIN", "ConsistencyInfo": "N4_VD11D_LATEST_20110129", "ConversionSoftware": "dcm2niix", "ConversionSoftwareVersion": "v1.0.20210317", "DerivedVendorReportedEchoSpacing": 0.000770008, "DeviceSerialNumber": "45239", "DiffusionScheme": "Monopolar", "DwellTime": 2.4e-06, "EchoTime": 0.092, "EchoTrainLength": 51, "EffectiveEchoSpacing": 0.000385004, "FlipAngle": 90, "ImageComments": "Unaliased MB3/PE3", "ImageOrientationPatientDICOM": [1, -1e-16, 0, 1e-16, 1, 0], "ImageType": ["ORIGINAL", "PRIMARY", "DIFFUSION", "NONE", "ND", "NORM", "MOSAIC"], "ImagingFrequency": 123.193, "InPlanePhaseEncodingDirectionDICOM": "ROW", "InstitutionAddress": "E 24th St. 100,Austin,Southmiddle,US,78712", "InstitutionName": "Univ of Texas at Austin", "InstitutionalDepartmentName": "IRC", "MRAcquisitionType": "2D", "MagneticFieldStrength": 3, "Manufacturer": "Siemens", "ManufacturersModelName": "Skyra", "Modality": "MR", "MultibandAccelerationFactor": 3, "ParallelReductionFactorInPlane": 2, "PartialFourier": 0.75, "PatientPosition": "HFS", "PercentPhaseFOV": 100, "PercentSampling": 100, "PhaseEncodingDirection": "i-", "PhaseEncodingSteps": 102, "PhaseResolution": 1, "PixelBandwidth": 1630, "ProcedureStepDescription": "Poldrack2^self-scanning", "ProtocolName": "MBEPI with MDDW L-R", "PulseSequenceDetails": "%CustomerSeq%\\cmrr_mbep2d_diff", "ReceiveCoilActiveElements": "HEA;HEP", "ReceiveCoilName": "Head_32", "ReconMatrixPE": 128, "RefLinesPE": 76, "RepetitionTime": 5, "SAR": 0.142634, "ScanOptions": "PFP\\FS", "ScanningSequence": "EP", "SequenceName": "ep_b5#1", "SequenceVariant": "SK", "SeriesDescription": "MBEPI with MDDW L-R", "SeriesNumber": 16, "ShimSetting": [-2754, 8063, -15456, 152, -184, 109, 199, -79], "SliceThickness": 1.7, "SliceTiming": [0, 3.6375, 2.2975, 0.9575, 4.595, 3.255, 1.915, 0.575, 4.2125, 2.8725, 1.5325, 0.19, 3.83, 2.49, 1.1475, 4.7875, 3.4475, 2.105, 0.765, 4.405, 3.065, 1.7225, 0.3825, 4.0225, 2.68, 1.34, 0, 3.6375, 2.2975, 0.9575, 4.595, 3.255, 1.915, 0.575, 4.2125, 2.8725, 1.5325, 0.19, 3.83, 2.49, 1.1475, 4.7875, 3.4475, 2.105, 0.765, 4.405, 3.065, 1.7225, 0.3825, 4.0225, 2.68, 1.34, 0, 3.6375, 2.2975, 0.9575, 4.595, 3.255, 1.915, 0.575, 4.2125, 2.8725, 1.5325, 0.19, 3.83, 2.49, 1.1475, 4.7875, 3.4475, 2.105, 0.765, 4.405, 3.065, 1.7225, 0.3825, 4.0225, 2.68, 1.34], "SoftwareVersions": "syngo MR D11", "SpacingBetweenSlices": 1.7, "StationName": "AWP45239", "TotalReadoutTime": 0.0488955, "TxRefAmp": 347.194, "WipMemBlock": "34488830-fbaa-4486-8918-1149063dd05a||Sequence: VD11D r206; Feb 13 2013 19:01:47 by eja", "dcmmeta_affine": [[-1.7421875, 1.7421875567777916e-16, 0.0, 111.5], [1.7421875567777916e-16, 1.7421875, 0.0, -118.23239135742188], [0.0, 0.0, 1.7000000476837158, -20.05048370361328], [0.0, 0.0, 0.0, 1.0]], "dcmmeta_reorient_transform": [[0.0, -1.0, 0.0, 127.0], [1.0, 0.0, 0.0, 0.0], [0.0, 0.0, 1.0, 0.0], [0.0, 0.0, 0.0, 1.0]], "dcmmeta_shape": [128, 128, 78, 64], "dcmmeta_slice_dim": 2, "dcmmeta_version": 0.6, "global": {"const": {"AcquisitionMatrix": [0, 128, 128, 0], "AngioFlag": "N", "BitsAllocated": 16, "BitsStored": 16, "BodyPartExamined": "BRAIN", "Columns": 1152, "EchoNumbers": 1, "EchoTime": 92.0, "EchoTrainLength": 51, "FlipAngle": 90.0, "HighBit": 15, "ImageOrientationPatient": [1.0, -1e-16, 0.0, 1e-16, 1.0, 0.0], "ImagePositionPatient": [-1003.5, -995.0254240036, -20.050483703613], "ImageType": ["ORIGINAL", "PRIMARY", "DIFFUSION", "NONE", "ND", "NORM", "MOSAIC"], "ImagedNucleus": "1H", "ImagingFrequency": 123.193467, "InPlanePhaseEncodingDirection": "ROW", "MRAcquisitionType": "2D", "MagneticFieldStrength": 3.0, "Manufacturer": "SIEMENS", "ManufacturerModelName": "Skyra", "Modality": "MR", "NumberOfAverages": 1.0, "NumberOfPhaseEncodingSteps": 102, "PercentPhaseFieldOfView": 100.0, "PercentSampling": 100.0, "PerformedProcedureStepStartTime": "063841.937000", "PhotometricInterpretation": "MONOCHROME2", "PixelBandwidth": 1630.0, "PixelRepresentation": 0, "PixelSpacing": [1.7421875, 1.7421875], "ProtocolName": "MBEPI with MDDW L-R", "RepetitionTime": 5000.0, "Rows": 1152, "SAR": 0.14263422862303, "SamplesPerPixel": 1, "ScanOptions": ["PFP", "FS"], "ScanningSequence": "EP", "SequenceVariant": "SK", "SeriesDescription": "MBEPI with MDDW L-R", "SeriesNumber": 16, "SeriesTime": "073100.453000", "SliceLocation": -20.050483703613, "SliceThickness": 1.7000000476837, "SmallestImagePixelValue": 0, "SoftwareVersions": "syngo MR D11", "SpacingBetweenSlices": 1.7000000198166, "SpecificCharacterSet": "ISO_IR 100", "StudyID": "1", "StudyTime": "063841.906000", "TransmitCoilName": "Body", "VariableFlipAngleFlag": "N", "WindowCenterWidthExplanation": "Algo1", "dBdt": 0.0}, "slices": {}}, "time": {"samples": {"AcquisitionNumber": [1, 2, 3, 4, 5, 6, 7, 8, 9, 10, 11, 12, 13, 14, 15, 16, 17, 18, 19, 20, 21, 22, 23, 24, 25, 26, 27, 28, 29, 30, 31, 32, 33, 34, 35, 36, 37, 38, 39, 40, 41, 42, 43, 44, 45, 46, 47, 48, 49, 50, 51, 52, 53, 54, 55, 56, 57, 58, 59, 60, 61, 62, 63, 64], "AcquisitionTime": ["072929.272500", "073059.272500", "073104.272500", "073109.272500", "073114.272500", "073119.272500", "073124.272500", "073129.272500", "073134.272500", "073139.272500", "073144.272500", "073149.272500", "073154.272500", "073159.272500", "073204.272500", "073209.272500", "073214.272500", "073219.272500", "073224.272500", "073229.272500", "073234.272500", "073239.272500", "073244.272500", "073249.272500", "073254.272500", "073259.272500", "073304.272500", "073309.272500", "073314.272500", "073319.272500", "073324.272500", "073329.272500", "073334.272500", "073339.272500", "073344.272500", "073349.272500", "073354.272500", "073359.272500", "073404.272500", "073409.272500", "073414.272500", "073419.272500", "073424.272500", "073429.272500", "073434.272500", "073439.272500", "073444.272500", "073449.272500", "073454.272500", "073459.272500", "073504.272500", "073509.272500", "073514.272500", "073519.272500", "073524.272500", "073529.272500", "073534.272500", "073539.272500", "073544.272500", "073549.272500", "073554.272500", "073559.272500", "073604.272500", "073609.272500"], "ContentTime": ["073100.468000", "073108.046000", "073113.046000", "073118.046000", "073123.046000", "073128.046000", "073133.046000", "073138.046000", "073143.046000", "073148.046000", "073153.046000", "073158.046000", "073203.046000", "073208.046000", "073213.046000", "073218.046000", "073223.046000", "073228.046000", "073233.046000", "073238.046000", "073243.046000", "073248.046000", "073253.046000", "073258.046000", "073303.046000", "073308.046000", "073313.046000", "073318.046000", "073323.046000", "073328.046000", "073333.046000", "073338.046000", "073343.046000", "073348.046000", "073353.046000", "073358.046000", "073403.046000", "073408.046000", "073413.046000", "073418.046000", "073423.046000", "073428.046000", "073433.046000", "073438.046000", "073443.046000", "073448.046000", "073453.046000", "073458.046000", "073503.046000", "073508.046000", "073513.046000", "073518.046000", "073523.046000", "073528.046000", "073533.046000", "073538.046000", "073543.046000", "073548.046000", "073553.046000", "073558.046000", "073603.046000", "073608.046000", "073613.046000", "073615.500000"], "InstanceCreationTime": ["073100.468000", "073108.046000", "073113.046000", "073118.046000", "073123.046000", "073128.046000", "073133.046000", "073138.046000", "073143.046000", "073148.046000", "073153.046000", "073158.046000", "073203.046000", "073208.046000", "073213.046000", "073218.046000", "073223.046000", "073228.046000", "073233.046000", "073238.046000", "073243.046000", "073248.046000", "073253.046000", "073258.046000", "073303.046000", "073308.046000", "073313.046000", "073318.046000", "073323.046000", "073328.046000", "073333.046000", "073338.046000", "073343.046000", "073348.046000", "073353.046000", "073358.046000", "073403.046000", "073408.046000", "073413.046000", "073418.046000", "073423.046000", "073428.046000", "073433.046000", "073438.046000", "073443.046000", "073448.046000", "073453.046000", "073458.046000", "073503.046000", "073508.046000", "073513.046000", "073518.046000", "073523.046000", "073528.046000", "073533.046000", "073538.046000", "073543.046000", "073548.046000", "073553.046000", "073558.046000", "073603.046000", "073608.046000", "073613.046000", "073615.500000"], "InstanceNumber": [1, 2, 3, 4, 5, 6, 7, 8, 9, 10, 11, 12, 13, 14, 15, 16, 17, 18, 19, 20, 21, 22, 23, 24, 25, 26, 27, 28, 29, 30, 31, 32, 33, 34, 35, 36, 37, 38, 39, 40, 41, 42, 43, 44, 45, 46, 47, 48, 49, 50, 51, 52, 53, 54, 55, 56, 57, 58, 59, 60, 61, 62, 63, 64], "LargestImagePixelValue": [65535, 25862, 26173, 30442, 23925, 21990, 25171, 23605, 25693, 27570, 23263, 19998, 28385, 26236, 27087, 29003, 65535, 26478, 23162, 27109, 26170, 29139, 29057, 25533, 21217, 23822, 26657, 29778, 24869, 27108, 24683, 27572, 65535, 13916, 14035, 15568, 12832, 10833, 11460, 13000, 16663, 14977, 10997, 10479, 14033, 13431, 13351, 15512, 65535, 12611, 11489, 14166, 13867, 16694, 16165, 13271, 10927, 9807, 12505, 16168, 14121, 13450, 15031, 13623], "SequenceName": ["ep_b5#1", "ep_b995#2", "ep_b995#3", "ep_b995#4", "ep_b995#5", "ep_b1000#6", "ep_b1000#7", "ep_b995#8", "ep_b995#9", "ep_b995#10", "ep_b1000#11", "ep_b1000#12", "ep_b1005#13", "ep_b1005#14", "ep_b1000#15", "ep_b1005#16", "ep_b5#17", "ep_b1005#18", "ep_b1000#19", "ep_b1005#20", "ep_b1005#21", "ep_b995#22", "ep_b1005#23", "ep_b1000#24", "ep_b1000#25", "ep_b1000#26", "ep_b995#27", "ep_b995#28", "ep_b995#29", "ep_b1000#30", "ep_b1005#31", "ep_b1000#32", "ep_b5#1", "ep_b1990#2", "ep_b1990#3", "ep_b1990#4", "ep_b1995#5", "ep_b1995#6", "ep_b2000#7", "ep_b1995#8", "ep_b1990#9", "ep_b1995#10", "ep_b2000#11", "ep_b2000#12", "ep_b2010#13", "ep_b2005#14", "ep_b2000#15", "ep_b2005#16", "ep_b5#17", "ep_b2005#18", "ep_b2005#19", "ep_b2005#20", "ep_b2010#21", "ep_b1990#22", "ep_b2010#23", "ep_b2000#24", "ep_b2000#25", "ep_b1995#26", "ep_b1995#27", "ep_b1995#28", "ep_b1995#29", "ep_b2000#30", "ep_b2005#31", "ep_b2000#32"], "WindowCenter": [7995.0, 3585.0, 3589.0, 3661.0, 3577.0, 3556.0, 3610.0, 3596.0, 3604.0, 3644.0, 3617.0, 3591.0, 3655.0, 3634.0, 3627.0, 3642.0, 7965.0, 3657.0, 3617.0, 3660.0, 3648.0, 3674.0, 3666.0, 3606.0, 3578.0, 3562.0, 3567.0, 3657.0, 3598.0, 3625.0, 3675.0, 3673.0, 7965.0, 2350.0, 2360.0, 2437.0, 2328.0, 2287.0, 2356.0, 2365.0, 2426.0, 2415.0, 2373.0, 2342.0, 2428.0, 2426.0, 2420.0, 2444.0, 7954.0, 2429.0, 2387.0, 2436.0, 2426.0, 2472.0, 2440.0, 2386.0, 2347.0, 2271.0, 2315.0, 2461.0, 2372.0, 2388.0, 2483.0, 2457.0], "WindowWidth": [17613.0, 8172.0, 8162.0, 8304.0, 8139.0, 8088.0, 8209.0, 8186.0, 8218.0, 8291.0, 8210.0, 8159.0, 8307.0, 8255.0, 8254.0, 8284.0, 17528.0, 8292.0, 8211.0, 8296.0, 8273.0, 8347.0, 8327.0, 8184.0, 8122.0, 8088.0, 8110.0, 8291.0, 8172.0, 8218.0, 8330.0, 8325.0, 17525.0, 5673.0, 5685.0, 5843.0, 5619.0, 5550.0, 5696.0, 5706.0, 5830.0, 5819.0, 5735.0, 5676.0, 5836.0, 5831.0, 5835.0, 5872.0, 17489.0, 5840.0, 5763.0, 5847.0, 5825.0, 5926.0, 5860.0, 5741.0, 5673.0, 5515.0, 5597.0, 5889.0, 5706.0, 5743.0, 5951.0, 5901.0]}, "slices": {}}}