{"AcquisitionMatrixPE": 128, "AcquisitionNumber": 1, "AcquisitionTime": "07:22:9.470000", "BandwidthPerPixelPhaseEncode": 20.292, "BaseResolution": 128, "BodyPartExamined": "BRAIN", "ConsistencyInfo": "N4_VD11D_LATEST_20110129", "ConversionSoftware": "dcm2niix", "ConversionSoftwareVersion": "v1.0.20210317", "DerivedVendorReportedEchoSpacing": 0.000770008, "DeviceSerialNumber": "45239", "DiffusionScheme": "Monopolar", "DwellTime": 2.4e-06, "EchoTime": 0.092, "EchoTrainLength": 51, "EffectiveEchoSpacing": 0.000385004, "FlipAngle": 90, "ImageComments": "Unaliased MB3/PE3", "ImageOrientationPatientDICOM": [1, -2.05103e-10, 0, 2.05103e-10, 1, 0], "ImageType": ["ORIGINAL", "PRIMARY", "DIFFUSION", "NONE", "ND", "NORM", "MOSAIC"], "ImagingFrequency": 123.193, "InPlanePhaseEncodingDirectionDICOM": "ROW", "InstitutionAddress": "E 24th St. 100,Austin,Southmiddle,US,78712", "InstitutionName": "Univ of Texas at Austin", "InstitutionalDepartmentName": "IRC", "MRAcquisitionType": "2D", "MagneticFieldStrength": 3, "Manufacturer": "Siemens", "ManufacturersModelName": "Skyra", "Modality": "MR", "MultibandAccelerationFactor": 3, "ParallelReductionFactorInPlane": 2, "PartialFourier": 0.75, "PatientPosition": "HFS", "PercentPhaseFOV": 100, "PercentSampling": 100, "PhaseEncodingDirection": "i", "PhaseEncodingSteps": 102, "PhaseResolution": 1, "PixelBandwidth": 1630, "ProcedureStepDescription": "Poldrack2^self-scanning", "ProtocolName": "MBEPI with MDDW R-L", "PulseSequenceDetails": "%CustomerSeq%\\cmrr_mbep2d_diff", "ReceiveCoilActiveElements": "HEA;HEP", "ReceiveCoilName": "Head_32", "ReconMatrixPE": 128, "RefLinesPE": 76, "RepetitionTime": 5, "SAR": 0.142634, "ScanOptions": "PFP\\FS", "ScanningSequence": "EP", "SequenceName": "ep_b5#1", "SequenceVariant": "SK", "SeriesDescription": "MBEPI with MDDW R-L", "SeriesNumber": 13, "ShimSetting": [-2754, 8063, -15456, 152, -184, 109, 199, -79], "SliceThickness": 1.7, "SliceTiming": [0, 3.6375, 2.2975, 0.9575, 4.595, 3.255, 1.915, 0.575, 4.2125, 2.8725, 1.5325, 0.19, 3.83, 2.49, 1.1475, 4.7875, 3.4475, 2.105, 0.765, 4.405, 3.0625, 1.7225, 0.3825, 4.0225, 2.68, 1.34, 0, 3.6375, 2.2975, 0.9575, 4.595, 3.255, 1.915, 0.575, 4.2125, 2.8725, 1.5325, 0.19, 3.83, 2.49, 1.1475, 4.7875, 3.4475, 2.105, 0.765, 4.405, 3.0625, 1.7225, 0.3825, 4.0225, 2.68, 1.34, 0, 3.6375, 2.2975, 0.9575, 4.595, 3.255, 1.915, 0.575, 4.2125, 2.8725, 1.5325, 0.19, 3.83, 2.49, 1.1475, 4.7875, 3.4475, 2.105, 0.765, 4.405, 3.0625, 1.7225, 0.3825, 4.0225, 2.68, 1.34], "SoftwareVersions": "syngo MR D11", "SpacingBetweenSlices": 1.7, "StationName": "AWP45239", "TotalReadoutTime": 0.0488955, "TxRefAmp": 347.194, "WipMemBlock": "5f16fa3d-89c9-4ea6-bb8a-ae2b7f5898ff||Sequence: VD11D r206; Feb 13 2013 19:01:47 by eja", "dcmmeta_affine": [[-1.7421875, 3.573285833891049e-10, 0.0, 111.5], [3.573285833891049e-10, 1.7421875, 0.0, -118.23239135742188], [0.0, 0.0, 1.7000000476837158, -20.05048370361328], [0.0, 0.0, 0.0, 1.0]], "dcmmeta_reorient_transform": [[0.0, -1.0, 0.0, 127.0], [1.0, 0.0, 0.0, 0.0], [0.0, 0.0, 1.0, 0.0], [0.0, 0.0, 0.0, 1.0]], "dcmmeta_shape": [128, 128, 78, 64], "dcmmeta_slice_dim": 2, "dcmmeta_version": 0.6, "global": {"const": {"AcquisitionMatrix": [0, 128, 128, 0], "AngioFlag": "N", "BitsAllocated": 16, "BitsStored": 16, "BodyPartExamined": "BRAIN", "Columns": 1152, "EchoNumbers": 1, "EchoTime": 92.0, "EchoTrainLength": 51, "FlipAngle": 90.0, "HighBit": 15, "ImageOrientationPatient": [1.0, -2.051034e-10, 0.0, 2.051034e-10, 1.0, 0.0], "ImagePositionPatient": [-1003.5000002058, -995.02542379778, -20.050483703613], "ImageType": ["ORIGINAL", "PRIMARY", "DIFFUSION", "NONE", "ND", "NORM", "MOSAIC"], "ImagedNucleus": "1H", "ImagingFrequency": 123.193455, "InPlanePhaseEncodingDirection": "ROW", "MRAcquisitionType": "2D", "MagneticFieldStrength": 3.0, "Manufacturer": "SIEMENS", "ManufacturerModelName": "Skyra", "Modality": "MR", "NumberOfAverages": 1.0, "NumberOfPhaseEncodingSteps": 102, "PercentPhaseFieldOfView": 100.0, "PercentSampling": 100.0, "PerformedProcedureStepStartTime": "063841.937000", "PhotometricInterpretation": "MONOCHROME2", "PixelBandwidth": 1630.0, "PixelRepresentation": 0, "PixelSpacing": [1.7421875, 1.7421875], "ProtocolName": "MBEPI with MDDW R-L", "RepetitionTime": 5000.0, "Rows": 1152, "SAR": 0.14263422862303, "SamplesPerPixel": 1, "ScanOptions": ["PFP", "FS"], "ScanningSequence": "EP", "SequenceVariant": "SK", "SeriesDescription": "MBEPI with MDDW R-L", "SeriesNumber": 13, "SeriesTime": "072340.109000", "SliceLocation": -20.050483703613, "SliceThickness": 1.7000000476837, "SmallestImagePixelValue": 0, "SoftwareVersions": "syngo MR D11", "SpacingBetweenSlices": 1.7000000198166, "SpecificCharacterSet": "ISO_IR 100", "StudyID": "1", "StudyTime": "063841.906000", "TransmitCoilName": "Body", "VariableFlipAngleFlag": "N", "WindowCenterWidthExplanation": "Algo1", "dBdt": 0.0}, "slices": {}}, "time": {"samples": {"AcquisitionNumber": [1, 2, 3, 4, 5, 6, 7, 8, 9, 10, 11, 12, 13, 14, 15, 16, 17, 18, 19, 20, 21, 22, 23, 24, 25, 26, 27, 28, 29, 30, 31, 32, 33, 34, 35, 36, 37, 38, 39, 40, 41, 42, 43, 44, 45, 46, 47, 48, 49, 50, 51, 52, 53, 54, 55, 56, 57, 58, 59, 60, 61, 62, 63, 64], "AcquisitionTime": ["072209.470000", "072339.470000", "072344.470000", "072349.470000", "072354.470000", "072359.470000", "072404.470000", "072409.470000", "072414.470000", "072419.470000", "072424.470000", "072429.470000", "072434.470000", "072439.470000", "072444.470000", "072449.470000", "072454.470000", "072459.470000", "072504.470000", "072509.470000", "072514.470000", "072519.470000", "072524.470000", "072529.470000", "072534.470000", "072539.470000", "072544.470000", "072549.470000", "072554.470000", "072559.470000", "072604.470000", "072609.470000", "072614.470000", "072619.470000", "072624.470000", "072629.470000", "072634.470000", "072639.470000", "072644.470000", "072649.470000", "072654.470000", "072659.470000", "072704.470000", "072709.470000", "072714.470000", "072719.470000", "072724.470000", "072729.470000", "072734.470000", "072739.470000", "072744.470000", "072749.470000", "072754.470000", "072759.470000", "072804.470000", "072809.470000", "072814.470000", "072819.470000", "072824.470000", "072829.470000", "072834.470000", "072839.470000", "072844.470000", "072849.470000"], "ContentTime": ["072340.109000", "072347.984000", "072352.984000", "072357.984000", "072402.984000", "072407.984000", "072412.984000", "072417.984000", "072422.984000", "072427.984000", "072432.984000", "072437.984000", "072442.984000", "072447.984000", "072452.984000", "072457.984000", "072502.984000", "072507.984000", "072512.984000", "072517.984000", "072522.984000", "072527.984000", "072532.984000", "072537.984000", "072542.984000", "072547.984000", "072552.984000", "072557.984000", "072602.984000", "072607.984000", "072612.984000", "072617.984000", "072622.984000", "072627.984000", "072632.984000", "072637.984000", "072642.984000", "072647.984000", "072652.984000", "072657.984000", "072702.984000", "072707.984000", "072712.984000", "072717.984000", "072722.984000", "072727.984000", "072732.984000", "072737.984000", "072742.984000", "072747.984000", "072753.000000", "072757.984000", "072802.984000", "072807.984000", "072812.984000", "072817.984000", "072822.984000", "072827.984000", "072832.984000", "072837.984000", "072842.984000", "072847.984000", "072852.984000", "072855.140000"], "InstanceCreationTime": ["072340.109000", "072347.984000", "072352.984000", "072357.984000", "072402.984000", "072407.984000", "072412.984000", "072417.984000", "072422.984000", "072427.984000", "072432.984000", "072437.984000", "072442.984000", "072447.984000", "072452.984000", "072457.984000", "072502.984000", "072507.984000", "072512.984000", "072517.984000", "072522.984000", "072527.984000", "072532.984000", "072537.984000", "072542.984000", "072547.984000", "072552.984000", "072557.984000", "072602.984000", "072607.984000", "072612.984000", "072617.984000", "072622.984000", "072627.984000", "072632.984000", "072637.984000", "072642.984000", "072647.984000", "072652.984000", "072657.984000", "072702.984000", "072707.984000", "072712.984000", "072717.984000", "072722.984000", "072727.984000", "072732.984000", "072737.984000", "072742.984000", "072747.984000", "072753.000000", "072757.984000", "072802.984000", "072807.984000", "072812.984000", "072817.984000", "072822.984000", "072827.984000", "072832.984000", "072837.984000", "072842.984000", "072847.984000", "072852.984000", "072855.140000"], "InstanceNumber": [1, 2, 3, 4, 5, 6, 7, 8, 9, 10, 11, 12, 13, 14, 15, 16, 17, 18, 19, 20, 21, 22, 23, 24, 25, 26, 27, 28, 29, 30, 31, 32, 33, 34, 35, 36, 37, 38, 39, 40, 41, 42, 43, 44, 45, 46, 47, 48, 49, 50, 51, 52, 53, 54, 55, 56, 57, 58, 59, 60, 61, 62, 63, 64], "LargestImagePixelValue": [65535, 20780, 20335, 22161, 18913, 18459, 20310, 19633, 21588, 20035, 20994, 18908, 21821, 21476, 21659, 22036, 65535, 20893, 18889, 22056, 22210, 22315, 22496, 21199, 20348, 18545, 19477, 22962, 21190, 21754, 22755, 22168, 65535, 10547, 10536, 11725, 9466, 8402, 11172, 9885, 11037, 10782, 10984, 9044, 12402, 11355, 12105, 13644, 65535, 11349, 9530, 12207, 11613, 14121, 11675, 10475, 9043, 9727, 10098, 13632, 11735, 11929, 12096, 11795], "SequenceName": ["ep_b5#1", "ep_b995#2", "ep_b995#3", "ep_b995#4", "ep_b995#5", "ep_b1000#6", "ep_b1000#7", "ep_b995#8", "ep_b995#9", "ep_b995#10", "ep_b1000#11", "ep_b1000#12", "ep_b1005#13", "ep_b1005#14", "ep_b1000#15", "ep_b1005#16", "ep_b5#17", "ep_b1005#18", "ep_b1000#19", "ep_b1005#20", "ep_b1005#21", "ep_b995#22", "ep_b1005#23", "ep_b1000#24", "ep_b1000#25", "ep_b1000#26", "ep_b995#27", "ep_b995#28", "ep_b995#29", "ep_b1000#30", "ep_b1005#31", "ep_b1000#32", "ep_b5#1", "ep_b1990#2", "ep_b1990#3", "ep_b1990#4", "ep_b1995#5", "ep_b1995#6", "ep_b2000#7", "ep_b1995#8", "ep_b1990#9", "ep_b1995#10", "ep_b2000#11", "ep_b2000#12", "ep_b2010#13", "ep_b2005#14", "ep_b2000#15", "ep_b2005#16", "ep_b5#17", "ep_b2005#18", "ep_b2005#19", "ep_b2005#20", "ep_b2010#21", "ep_b1990#22", "ep_b2010#23", "ep_b2000#24", "ep_b2000#25", "ep_b1995#26", "ep_b1995#27", "ep_b1995#28", "ep_b1995#29", "ep_b2000#30", "ep_b2005#31", "ep_b2000#32"], "WindowCenter": [8034.0, 3588.0, 3577.0, 3627.0, 3539.0, 3567.0, 3599.0, 3585.0, 3620.0, 3621.0, 3611.0, 3585.0, 3635.0, 3628.0, 3649.0, 3660.0, 8031.0, 3618.0, 3596.0, 3605.0, 3607.0, 3639.0, 3596.0, 3577.0, 3575.0, 3541.0, 3550.0, 3641.0, 3570.0, 3588.0, 3628.0, 3632.0, 8067.0, 2318.0, 2325.0, 2402.0, 2291.0, 2269.0, 2377.0, 2347.0, 2397.0, 2380.0, 2366.0, 2315.0, 2407.0, 2408.0, 2440.0, 2452.0, 8078.0, 2398.0, 2357.0, 2397.0, 2398.0, 2444.0, 2403.0, 2342.0, 2317.0, 2295.0, 2292.0, 2428.0, 2340.0, 2369.0, 2402.0, 2418.0], "WindowWidth": [17666.0, 8151.0, 8134.0, 8240.0, 8049.0, 8098.0, 8166.0, 8140.0, 8213.0, 8217.0, 8185.0, 8137.0, 8242.0, 8224.0, 8271.0, 8291.0, 17648.0, 8205.0, 8158.0, 8184.0, 8192.0, 8267.0, 8178.0, 8131.0, 8120.0, 8053.0, 8082.0, 8267.0, 8130.0, 8165.0, 8241.0, 8251.0, 17737.0, 5601.0, 5621.0, 5783.0, 5554.0, 5525.0, 5724.0, 5664.0, 5762.0, 5732.0, 5709.0, 5627.0, 5779.0, 5788.0, 5862.0, 5878.0, 17760.0, 5771.0, 5704.0, 5767.0, 5768.0, 5864.0, 5781.0, 5667.0, 5625.0, 5569.0, 5554.0, 5834.0, 5659.0, 5715.0, 5792.0, 5826.0]}, "slices": {}}}