{"AcquisitionMatrixPE": 96, "AcquisitionNumber": 1, "AcquisitionTime": "07:33:51.205000", "BandwidthPerPixelPhaseEncode": 33.602, "BaseResolution": 96, "BodyPartExamined": "BRAIN", "ConsistencyInfo": "N4_VD11D_LATEST_20110129", "ConversionSoftware": "dcm2niix", "ConversionSoftwareVersion": "v1.0.20210317", "DerivedVendorReportedEchoSpacing": 0.000620003, "DeviceSerialNumber": "45239", "DwellTime": 2.6e-06, "EchoTime": 0.036, "EchoTrainLength": 48, "EffectiveEchoSpacing": 0.000310001, "FlipAngle": 90, "ImageOrientationPatientDICOM": [0.999529, 0.0236395, 0.0195938, -0.00791542, 0.814966, -0.579454], "ImageType": ["ORIGINAL", "PRIMARY", "M", "ND", "NORM", "MOSAIC"], "ImagingFrequency": 123.193, "InPlanePhaseEncodingDirectionDICOM": "COL", "InstitutionAddress": "E 24th St. 100,Austin,Southmiddle,US,78712", "InstitutionName": "Univ of Texas at Austin", "InstitutionalDepartmentName": "IRC", "MRAcquisitionType": "2D", "MagneticFieldStrength": 3, "Manufacturer": "Siemens", "ManufacturersModelName": "Skyra", "Modality": "MR", "ParallelReductionFactorInPlane": 2, "PartialFourier": 1, "PatientPosition": "HFS", "PercentPhaseFOV": 100, "PercentSampling": 100, "PhaseEncodingDirection": "j-", "PhaseEncodingSteps": 96, "PhaseResolution": 1, "PixelBandwidth": 2005, "ProcedureStepDescription": "Poldrack2^self-scanning", "ProtocolName": "MB-SE_FieldMap_A-P", "PulseSequenceDetails": "%CustomerSeq%\\cmrr_mbep2d_se", "ReceiveCoilActiveElements": "HEA;HEP", "ReceiveCoilName": "Head_32", "ReconMatrixPE": 96, "RefLinesPE": 48, "RepetitionTime": 4.55, "SAR": 0.411642, "ScanOptions": "FS", "ScanningSequence": "EP", "SequenceName": "epse2d1_96", "SequenceVariant": "SK", "SeriesDescription": "MB-SE_FieldMap_A-P", "SeriesNumber": 10, "ShimSetting": [-2777, 8024, -15438, 66, -177, -179, 234, -78], "SliceThickness": 2, "SliceTiming": [2.275, 0, 2.34, 0.065, 2.4075, 0.1325, 2.475, 0.2, 2.5425, 0.2675, 2.6075, 0.3325, 2.675, 0.4, 2.7425, 0.4675, 2.81, 0.535, 2.875, 0.6025, 2.9425, 0.6675, 3.01, 0.735, 3.0775, 0.8025, 3.1425, 0.87, 3.21, 0.935, 3.2775, 1.0025, 3.345, 1.07, 3.41, 1.1375, 3.4775, 1.2025, 3.545, 1.27, 3.6125, 1.3375, 3.6775, 1.405, 3.745, 1.47, 3.8125, 1.5375, 3.88, 1.605, 3.9475, 1.6725, 4.0125, 1.7375, 4.08, 1.805, 4.1475, 1.8725, 4.215, 1.94, 4.28, 2.005, 4.3475, 2.0725, 4.415, 2.14, 4.4825, 2.2075], "SoftwareVersions": "syngo MR D11", "SpacingBetweenSlices": 2.4, "StationName": "AWP45239", "TotalReadoutTime": 0.0294501, "TxRefAmp": 348.798, "WipMemBlock": "e66a6840-08b8-44dd-b29d-23939dcf070b||Sequence: VD11D r154; May 23 2012 22:29:07 by eja", "dcmmeta_affine": [[-2.3947036266326904, -0.018964027985930443, 0.07119902223348618, 116.27530670166016], [-0.0566362701356411, 1.9525229930877686, -1.3896628618240356, -61.96317672729492], [0.046943385154008865, 1.3882763385772705, 1.955445647239685, -71.66573333740234], [0.0, 0.0, 0.0, 1.0]], "dcmmeta_reorient_transform": [[0.0, -1.0, 0.0, 95.0], [1.0, 0.0, 0.0, 0.0], [0.0, 0.0, 1.0, 0.0], [0.0, 0.0, 0.0, 1.0]], "dcmmeta_shape": [96, 96, 68, 5], "dcmmeta_slice_dim": 2, "dcmmeta_version": 0.6, "global": {"const": {"AcquisitionMatrix": [96, 0, 0, 96], "AngioFlag": "N", "BitsAllocated": 16, "BitsStored": 16, "BodyPartExamined": "BRAIN", "Columns": 864, "EchoNumbers": 1, "EchoTime": 36.0, "EchoTrainLength": 48, "FlipAngle": 90.0, "HighBit": 15, "ImageOrientationPatient": [0.99952851843224, 0.02363948711129, 0.01959376150142, -0.0079154205503, 0.81496615194048, -0.5794544997744], "ImagePositionPatient": [-1026.7577471453, -895.04367019143, 575.29238177558], "ImageType": ["ORIGINAL", "PRIMARY", "M", "ND", "NORM", "MOSAIC"], "ImagedNucleus": "1H", "ImagingFrequency": 123.193331, "InPlanePhaseEncodingDirection": "COL", "MRAcquisitionType": "2D", "MagneticFieldStrength": 3.0, "Manufacturer": "SIEMENS", "ManufacturerModelName": "Skyra", "Modality": "MR", "NumberOfAverages": 1.0, "NumberOfPhaseEncodingSteps": 96, "PercentPhaseFieldOfView": 100.0, "PercentSampling": 100.0, "PerformedProcedureStepStartTime": "070620.875000", "PhotometricInterpretation": "MONOCHROME2", "PixelBandwidth": 2005.0, "PixelRepresentation": 0, "PixelSpacing": [2.3958332538605, 2.3958332538605], "ProtocolName": "MB-SE_FieldMap_A-P", "RepetitionTime": 4550.0, "Rows": 864, "SAR": 0.41164221236774, "SamplesPerPixel": 1, "ScanOptions": "FS", "ScanningSequence": "EP", "SequenceName": "epse2d1_96", "SequenceVariant": "SK", "SeriesDescription": "MB-SE_FieldMap_A-P", "SeriesNumber": 10, "SeriesTime": "073613.437000", "SliceLocation": -19.063263528529, "SliceThickness": 2.0, "SmallestImagePixelValue": 0, "SoftwareVersions": "syngo MR D11", "SpacingBetweenSlices": 2.3999999985456, "SpecificCharacterSet": "ISO_IR 100", "StudyID": "1", "StudyTime": "070620.843000", "TransmitCoilName": "Body", "VariableFlipAngleFlag": "N", "WindowCenterWidthExplanation": "Algo1", "dBdt": 0.0}, "slices": {}}, "time": {"samples": {"AcquisitionNumber": [1, 2, 3, 4, 5], "AcquisitionTime": ["073351.205000", "073355.755000", "073400.305000", "073404.855000", "073409.405000"], "ContentTime": ["073613.453000", "073613.453000", "073613.468000", "073613.468000", "073613.468000"], "InstanceCreationTime": ["073613.453000", "073613.453000", "073613.468000", "073613.468000", "073613.468000"], "InstanceNumber": [1, 2, 3, 4, 5], "LargestImagePixelValue": [45391, 46669, 47275, 46074, 46548], "WindowCenter": [7960.0, 7969.0, 7978.0, 7966.0, 7976.0], "WindowWidth": [16896.0, 16916.0, 16931.0, 16921.0, 16927.0]}, "slices": {}}}