{"AcquisitionMatrixPE": 96, "AcquisitionNumber": 1, "AcquisitionTime": "07:29:53.712500", "BandwidthPerPixelPhaseEncode": 33.602, "BaseResolution": 96, "BodyPartExamined": "BRAIN", "ConsistencyInfo": "N4_VD11D_LATEST_20110129", "ConversionSoftware": "dcm2niix", "ConversionSoftwareVersion": "v1.0.20210317", "DerivedVendorReportedEchoSpacing": 0.000620003, "DeviceSerialNumber": "45239", "DwellTime": 2.6e-06, "EchoTime": 0.03, "EchoTrainLength": 48, "EffectiveEchoSpacing": 0.000310001, "FlipAngle": 63, "ImageComments": "Unaliased MB4/PE3", "ImageOrientationPatientDICOM": [0.999965, -0.00741582, 0.00395969, 0.00840675, 0.882096, -0.470995], "ImageType": ["ORIGINAL", "PRIMARY", "M", "ND", "NORM", "MOSAIC"], "ImagingFrequency": 123.193, "InPlanePhaseEncodingDirectionDICOM": "COL", "InstitutionAddress": "E 24th St. 100,Austin,Southmiddle,US,78712", "InstitutionName": "Univ of Texas at Austin", "InstitutionalDepartmentName": "IRC", "MRAcquisitionType": "2D", "MagneticFieldStrength": 3, "Manufacturer": "Siemens", "ManufacturersModelName": "Skyra", "Modality": "MR", "MultibandAccelerationFactor": 4, "ParallelReductionFactorInPlane": 2, "PartialFourier": 1, "PatientPosition": "HFS", "PercentPhaseFOV": 100, "PercentSampling": 100, "PhaseEncodingDirection": "j-", "PhaseEncodingSteps": 96, "PhaseResolution": 1, "PixelBandwidth": 2005, "ProcedureStepDescription": "Poldrack2^self-scanning", "ProtocolName": "Resting State fMRI MBEPI_matrix96_BW2004", "PulseSequenceDetails": "%CustomerSeq%\\cmrr_mbep2d_bold", "ReceiveCoilActiveElements": "HEA;HEP", "ReceiveCoilName": "Head_32", "ReconMatrixPE": 96, "RefLinesPE": 94, "RepetitionTime": 1.16, "SAR": 0.0964945, "ScanOptions": "FS", "ScanningSequence": "EP", "SequenceName": "epfid2d1_96", "SequenceVariant": "SK", "SeriesDescription": "Resting State fMRI MBEPI_matrix96_BW2004", "SeriesNumber": 8, "ShimSetting": [-2791, 8043, -15426, 82, -249, 168, 225, -42], "SliceThickness": 2, "SliceTiming": [0, 0.4975, 0.9975, 0.355, 0.855, 0.2125, 0.7125, 0.07, 0.57, 1.0675, 0.4275, 0.925, 0.285, 0.7825, 0.1425, 0.64, 0, 0.4975, 0.9975, 0.355, 0.855, 0.2125, 0.7125, 0.07, 0.57, 1.0675, 0.4275, 0.925, 0.285, 0.7825, 0.1425, 0.64, 0, 0.4975, 0.9975, 0.355, 0.855, 0.2125, 0.7125, 0.07, 0.57, 1.0675, 0.4275, 0.925, 0.285, 0.7825, 0.1425, 0.64, 0, 0.4975, 0.9975, 0.355, 0.855, 0.2125, 0.7125, 0.07, 0.57, 1.0675, 0.4275, 0.925, 0.285, 0.7825, 0.1425, 0.64], "SoftwareVersions": "syngo MR D11", "SpacingBetweenSlices": 2.4, "StationName": "AWP45239", "TaskName": "Resting fmri", "TotalReadoutTime": 0.0294501, "TxRefAmp": 333.886, "WipMemBlock": "54953cde-4a5a-4cfc-ace1-fe9546f400e0||Sequence: VD11D r206; Feb 13 2013 18:52:04 by eja", "dcmmeta_affine": [[-2.3957486152648926, 0.020141182467341423, 1.3421045608197346e-08, 119.3736801147461], [0.01776707172393799, 2.113354206085205, -1.1304285526275635, -86.79656982421875], [0.009486747905611992, 1.1284260749816895, 2.1171045303344727, -84.03079986572266], [0.0, 0.0, 0.0, 1.0]], "dcmmeta_reorient_transform": [[0.0, -1.0, 0.0, 95.0], [1.0, 0.0, 0.0, 0.0], [0.0, 0.0, 1.0, 0.0], [0.0, 0.0, 0.0, 1.0]], "dcmmeta_shape": [96, 96, 64, 518], "dcmmeta_slice_dim": 2, "dcmmeta_version": 0.6, "global": {"const": {"AcquisitionMatrix": [96, 0, 0, 96], "AngioFlag": "N", "BitsAllocated": 16, "BitsStored": 16, "BodyPartExamined": "BRAIN", "Columns": 768, "EchoNumbers": 1, "EchoTime": 30.0, "EchoTrainLength": 48, "FlipAngle": 63.0, "HighBit": 15, "ImageOrientationPatient": [0.99996466261431, -0.0074158215045, 0.00395968610792, 0.0084067545854, 0.88209570141902, -0.4709952229221], "ImagePositionPatient": [-933.02605821685, -818.08935679496, 399.13326807144], "ImageType": ["ORIGINAL", "PRIMARY", "M", "ND", "NORM", "MOSAIC"], "ImagedNucleus": "1H", "ImagingFrequency": 123.193177, "InPlanePhaseEncodingDirection": "COL", "MRAcquisitionType": "2D", "MagneticFieldStrength": 3.0, "Manufacturer": "SIEMENS", "ManufacturerModelName": "Skyra", "Modality": "MR", "NumberOfAverages": 1.0, "NumberOfPhaseEncodingSteps": 96, "PercentPhaseFieldOfView": 100.0, "PercentSampling": 100.0, "PerformedProcedureStepStartTime": "070851.062000", "PhotometricInterpretation": "MONOCHROME2", "PixelBandwidth": 2005.0, "PixelRepresentation": 0, "PixelSpacing": [2.3958332538605, 2.3958332538605], "ProtocolName": "Resting State fMRI MBEPI_matrix96_BW2004", "RepetitionTime": 1160.0, "Rows": 768, "SAR": 0.09649452756578, "SamplesPerPixel": 1, "ScanOptions": "FS", "ScanningSequence": "EP", "SequenceName": "epfid2d1_96", "SequenceVariant": "SK", "SeriesDescription": "Resting State fMRI MBEPI_matrix96_BW2004", "SeriesNumber": 8, "SeriesTime": "073033.453000", "SliceLocation": -33.243608482254, "SliceThickness": 2.0, "SmallestImagePixelValue": 0, "SoftwareVersions": "syngo MR D11", "SpacingBetweenSlices": 2.4000000377021, "SpecificCharacterSet": "ISO_IR 100", "StudyID": "1", "StudyTime": "070851.031000", "TransmitCoilName": "Body", "VariableFlipAngleFlag": "N", "WindowCenterWidthExplanation": "Algo1", "dBdt": 0.0}, "slices": {}}, "time": {"samples": {"AcquisitionNumber": [1, 2, 3, 4, 5, 6, 7, 8, 9, 10, 11, 12, 13, 14, 15, 16, 17, 18, 19, 20, 21, 22, 23, 24, 25, 26, 27, 28, 29, 30, 31, 32, 33, 34, 35, 36, 37, 38, 39, 40, 41, 42, 43, 44, 45, 46, 47, 48, 49, 50, 51, 52, 53, 54, 55, 56, 57, 58, 59, 60, 61, 62, 63, 64, 65, 66, 67, 68, 69, 70, 71, 72, 73, 74, 75, 76, 77, 78, 79, 80, 81, 82, 83, 84, 85, 86, 87, 88, 89, 90, 91, 92, 93, 94, 95, 96, 97, 98, 99, 100, 101, 102, 103, 104, 105, 106, 107, 108, 109, 110, 111, 112, 113, 114, 115, 116, 117, 118, 119, 120, 121, 122, 123, 124, 125, 126, 127, 128, 129, 130, 131, 132, 133, 134, 135, 136, 137, 138, 139, 140, 141, 142, 143, 144, 145, 146, 147, 148, 149, 150, 151, 152, 153, 154, 155, 156, 157, 158, 159, 160, 161, 162, 163, 164, 165, 166, 167, 168, 169, 170, 171, 172, 173, 174, 175, 176, 177, 178, 179, 180, 181, 182, 183, 184, 185, 186, 187, 188, 189, 190, 191, 192, 193, 194, 195, 196, 197, 198, 199, 200, 201, 202, 203, 204, 205, 206, 207, 208, 209, 210, 211, 212, 213, 214, 215, 216, 217, 218, 219, 220, 221, 222, 223, 224, 225, 226, 227, 228, 229, 230, 231, 232, 233, 234, 235, 236, 237, 238, 239, 240, 241, 242, 243, 244, 245, 246, 247, 248, 249, 250, 251, 252, 253, 254, 255, 256, 257, 258, 259, 260, 261, 262, 263, 264, 265, 266, 267, 268, 269, 270, 271, 272, 273, 274, 275, 276, 277, 278, 279, 280, 281, 282, 283, 284, 285, 286, 287, 288, 289, 290, 291, 292, 293, 294, 295, 296, 297, 298, 299, 300, 301, 302, 303, 304, 305, 306, 307, 308, 309, 310, 311, 312, 313, 314, 315, 316, 317, 318, 319, 320, 321, 322, 323, 324, 325, 326, 327, 328, 329, 330, 331, 332, 333, 334, 335, 336, 337, 338, 339, 340, 341, 342, 343, 344, 345, 346, 347, 348, 349, 350, 351, 352, 353, 354, 355, 356, 357, 358, 359, 360, 361, 362, 363, 364, 365, 366, 367, 368, 369, 370, 371, 372, 373, 374, 375, 376, 377, 378, 379, 380, 381, 382, 383, 384, 385, 386, 387, 388, 389, 390, 391, 392, 393, 394, 395, 396, 397, 398, 399, 400, 401, 402, 403, 404, 405, 406, 407, 408, 409, 410, 411, 412, 413, 414, 415, 416, 417, 418, 419, 420, 421, 422, 423, 424, 425, 426, 427, 428, 429, 430, 431, 432, 433, 434, 435, 436, 437, 438, 439, 440, 441, 442, 443, 444, 445, 446, 447, 448, 449, 450, 451, 452, 453, 454, 455, 456, 457, 458, 459, 460, 461, 462, 463, 464, 465, 466, 467, 468, 469, 470, 471, 472, 473, 474, 475, 476, 477, 478, 479, 480, 481, 482, 483, 484, 485, 486, 487, 488, 489, 490, 491, 492, 493, 494, 495, 496, 497, 498, 499, 500, 501, 502, 503, 504, 505, 506, 507, 508, 509, 510, 511, 512, 513, 514, 515, 516, 517, 518], "AcquisitionTime": ["072953.712500", "073022.712500", "073023.872500", "073025.032500", "073026.192500", "073027.352500", "073028.512500", "073029.672500", "073030.832500", "073031.992500", "073033.152500", "073034.312500", "073035.472500", "073036.632500", "073037.792500", "073038.952500", "073040.112500", "073041.272500", "073042.432500", "073043.592500", "073044.752500", "073045.912500", "073047.072500", "073048.232500", "073049.392500", "073050.552500", "073051.712500", "073052.872500", "073054.032500", "073055.192500", "073056.352500", "073057.512500", "073058.672500", "073059.832500", "073100.992500", "073102.152500", "073103.312500", "073104.472500", "073105.632500", "073106.792500", "073107.952500", "073109.112500", "073110.272500", "073111.432500", "073112.592500", "073113.752500", "073114.912500", "073116.072500", "073117.232500", "073118.392500", "073119.552500", "073120.712500", "073121.872500", "073123.032500", "073124.192500", "073125.352500", "073126.512500", "073127.672500", "073128.832500", "073129.992500", "073131.152500", "073132.312500", "073133.472500", "073134.632500", "073135.792500", "073136.952500", "073138.112500", "073139.272500", "073140.432500", "073141.592500", "073142.752500", "073143.912500", "073145.072500", "073146.232500", "073147.392500", "073148.552500", "073149.712500", "073150.872500", "073152.032500", "073153.192500", "073154.352500", "073155.512500", "073156.672500", "073157.832500", "073158.992500", "073200.152500", "073201.312500", "073202.472500", "073203.632500", "073204.792500", "073205.952500", "073207.112500", "073208.272500", "073209.432500", "073210.592500", "073211.752500", "073212.912500", "073214.072500", "073215.232500", "073216.392500", "073217.552500", "073218.712500", "073219.872500", "073221.032500", "073222.192500", "073223.352500", "073224.512500", "073225.672500", "073226.832500", "073227.992500", "073229.152500", "073230.312500", "073231.472500", "073232.632500", "073233.792500", "073234.952500", "073236.112500", "073237.272500", "073238.432500", "073239.592500", "073240.752500", "073241.912500", "073243.072500", "073244.232500", "073245.392500", "073246.552500", "073247.712500", "073248.872500", "073250.032500", "073251.192500", "073252.352500", "073253.512500", "073254.672500", "073255.832500", "073256.992500", "073258.152500", "073259.312500", "073300.472500", "073301.632500", "073302.792500", "073303.952500", "073305.112500", "073306.272500", "073307.432500", "073308.592500", "073309.752500", "073310.912500", "073312.072500", "073313.235000", "073314.395000", "073315.555000", "073316.715000", "073317.875000", "073319.035000", "073320.195000", "073321.355000", "073322.515000", "073323.675000", "073324.835000", "073325.995000", "073327.155000", "073328.315000", "073329.475000", "073330.635000", "073331.795000", "073332.955000", "073334.115000", "073335.275000", "073336.435000", "073337.595000", "073338.755000", "073339.915000", "073341.075000", "073342.235000", "073343.395000", "073344.555000", "073345.715000", "073346.875000", "073348.035000", "073349.195000", "073350.355000", "073351.515000", "073352.675000", "073353.835000", "073354.995000", "073356.155000", "073357.315000", "073358.475000", "073359.635000", "073400.795000", "073401.955000", "073403.115000", "073404.275000", "073405.435000", "073406.595000", "073407.755000", "073408.915000", "073410.075000", "073411.235000", "073412.395000", "073413.555000", "073414.715000", "073415.875000", "073417.035000", "073418.195000", "073419.355000", "073420.515000", "073421.675000", "073422.835000", "073423.995000", "073425.155000", "073426.315000", "073427.475000", "073428.635000", "073429.795000", "073430.955000", "073432.115000", "073433.275000", "073434.435000", "073435.595000", "073436.755000", "073437.915000", "073439.075000", "073440.235000", "073441.395000", "073442.555000", "073443.715000", "073444.875000", "073446.035000", "073447.195000", "073448.355000", "073449.515000", "073450.675000", "073451.835000", "073452.995000", "073454.155000", "073455.315000", "073456.475000", "073457.635000", "073458.795000", "073459.955000", "073501.115000", "073502.275000", "073503.435000", "073504.595000", "073505.755000", "073506.915000", "073508.075000", "073509.235000", "073510.395000", "073511.555000", "073512.715000", "073513.875000", "073515.035000", "073516.195000", "073517.355000", "073518.515000", "073519.675000", "073520.835000", "073521.995000", "073523.155000", "073524.315000", "073525.475000", "073526.635000", "073527.795000", "073528.955000", "073530.115000", "073531.275000", "073532.435000", "073533.595000", "073534.755000", "073535.915000", "073537.075000", "073538.235000", "073539.395000", "073540.555000", "073541.715000", "073542.875000", "073544.035000", "073545.195000", "073546.355000", "073547.515000", "073548.675000", "073549.835000", "073550.995000", "073552.155000", "073553.315000", "073554.475000", "073555.635000", "073556.795000", "073557.955000", "073559.115000", "073600.275000", "073601.435000", "073602.595000", "073603.755000", "073604.915000", "073606.075000", "073607.235000", "073608.395000", "073609.555000", "073610.715000", "073611.875000", "073613.035000", "073614.195000", "073615.355000", "073616.515000", "073617.675000", "073618.835000", "073619.995000", "073621.155000", "073622.315000", "073623.475000", "073624.635000", "073625.795000", "073626.955000", "073628.115000", "073629.275000", "073630.435000", "073631.595000", "073632.755000", "073633.915000", "073635.075000", "073636.235000", "073637.395000", "073638.555000", "073639.715000", "073640.875000", "073642.035000", "073643.195000", "073644.355000", "073645.515000", "073646.675000", "073647.835000", "073648.995000", "073650.155000", "073651.315000", "073652.475000", "073653.635000", "073654.795000", "073655.955000", "073657.115000", "073658.275000", "073659.435000", "073700.595000", "073701.755000", "073702.915000", "073704.075000", "073705.235000", "073706.395000", "073707.555000", "073708.715000", "073709.875000", "073711.035000", "073712.195000", "073713.355000", "073714.515000", "073715.675000", "073716.835000", "073717.995000", "073719.155000", "073720.315000", "073721.475000", "073722.635000", "073723.795000", "073724.955000", "073726.115000", "073727.275000", "073728.435000", "073729.595000", "073730.755000", "073731.915000", "073733.075000", "073734.235000", "073735.395000", "073736.555000", "073737.715000", "073738.875000", "073740.035000", "073741.195000", "073742.355000", "073743.515000", "073744.675000", "073745.835000", "073746.995000", "073748.155000", "073749.315000", "073750.475000", "073751.635000", "073752.795000", "073753.955000", "073755.115000", "073756.275000", "073757.435000", "073758.595000", "073759.755000", "073800.915000", "073802.075000", "073803.237500", "073804.397500", "073805.557500", "073806.717500", "073807.877500", "073809.037500", "073810.197500", "073811.357500", "073812.517500", "073813.677500", "073814.837500", "073815.997500", "073817.157500", "073818.317500", "073819.477500", "073820.637500", "073821.797500", "073822.957500", "073824.117500", "073825.277500", "073826.437500", "073827.597500", "073828.757500", "073829.917500", "073831.077500", "073832.237500", "073833.397500", "073834.557500", "073835.717500", "073836.877500", "073838.037500", "073839.197500", "073840.357500", "073841.517500", "073842.677500", "073843.837500", "073844.997500", "073846.157500", "073847.317500", "073848.477500", "073849.637500", "073850.797500", "073851.957500", "073853.117500", "073854.277500", "073855.437500", "073856.597500", "073857.757500", "073858.917500", "073900.077500", "073901.237500", "073902.397500", "073903.557500", "073904.717500", "073905.877500", "073907.037500", "073908.197500", "073909.357500", "073910.517500", "073911.677500", "073912.837500", "073913.997500", "073915.157500", "073916.317500", "073917.477500", "073918.637500", "073919.797500", "073920.957500", "073922.117500", "073923.277500", "073924.437500", "073925.597500", "073926.757500", "073927.917500", "073929.077500", "073930.237500", "073931.397500", "073932.557500", "073933.717500", "073934.877500", "073936.037500", "073937.197500", "073938.357500", "073939.517500", "073940.677500", "073941.837500", "073942.997500", "073944.157500", "073945.317500", "073946.477500", "073947.637500", "073948.797500", "073949.957500", "073951.117500", "073952.277500", "073953.437500", "073954.597500", "073955.757500", "073956.917500", "073958.077500", "073959.237500", "074000.397500", "074001.557500", "074002.717500", "074003.877500", "074005.037500", "074006.197500", "074007.357500", "074008.517500", "074009.677500", "074010.837500", "074011.997500", "074013.157500", "074014.317500", "074015.477500", "074016.637500", "074017.797500", "074018.957500", "074020.117500", "074021.277500"], "ContentTime": ["073033.453000", "073039.625000", "073039.625000", "073039.625000", "073039.640000", "073039.640000", "073044.625000", "073044.625000", "073044.625000", "073044.625000", "073049.625000", "073049.625000", "073049.625000", "073054.625000", "073054.625000", "073054.625000", "073054.625000", "073059.625000", "073059.625000", "073059.625000", "073104.625000", "073104.625000", "073104.625000", "073104.625000", "073109.625000", "073109.625000", "073109.625000", "073109.625000", "073114.625000", "073114.625000", "073114.625000", "073114.625000", "073119.625000", "073119.625000", "073119.625000", "073124.625000", "073124.625000", "073124.625000", "073124.625000", "073129.625000", "073129.625000", "073129.625000", "073129.625000", "073134.625000", "073134.625000", "073134.625000", "073134.625000", "073139.625000", "073139.625000", "073139.625000", "073144.625000", "073144.625000", "073144.625000", "073144.625000", "073149.625000", "073149.625000", "073149.625000", "073149.625000", "073154.625000", "073154.625000", "073154.640000", "073159.625000", "073159.625000", "073159.625000", "073159.625000", "073204.625000", "073204.625000", "073204.625000", "073209.625000", "073209.625000", "073209.625000", "073209.625000", "073214.625000", "073214.625000", "073214.625000", "073214.625000", "073219.625000", "073219.625000", "073219.625000", "073224.625000", "073224.625000", "073224.625000", "073224.625000", "073229.625000", "073229.625000", "073229.625000", "073234.625000", "073234.625000", "073234.625000", "073234.625000", "073239.625000", "073239.625000", "073239.625000", "073239.625000", "073244.625000", "073244.625000", "073244.625000", "073244.625000", "073249.625000", "073249.625000", "073249.625000", "073254.625000", "073254.625000", "073254.625000", "073254.625000", "073259.625000", "073259.625000", "073259.625000", "073259.640000", "073304.625000", "073304.625000", "073304.625000", "073309.625000", "073309.625000", "073309.625000", "073309.625000", "073314.625000", "073314.625000", "073314.625000", "073319.625000", "073319.625000", "073319.625000", "073319.625000", "073324.625000", "073324.625000", "073324.625000", "073324.625000", "073329.625000", "073329.625000", "073329.625000", "073334.625000", "073334.625000", "073334.625000", "073334.625000", "073339.625000", "073339.625000", "073339.625000", "073339.625000", "073344.625000", "073344.625000", "073344.625000", "073344.625000", "073349.625000", "073349.625000", "073349.625000", "073354.625000", "073354.625000", "073354.625000", "073359.625000", "073359.625000", "073359.625000", "073359.625000", "073404.625000", "073404.625000", "073404.625000", "073404.625000", "073409.625000", "073409.625000", "073409.625000", "073414.625000", "073414.625000", "073414.625000", "073414.625000", "073419.625000", "073419.625000", "073419.625000", "073419.625000", "073424.625000", "073424.625000", "073424.625000", "073424.625000", "073429.625000", "073429.625000", "073429.625000", "073429.625000", "073434.625000", "073434.625000", "073434.625000", "073439.625000", "073439.625000", "073439.625000", "073439.625000", "073444.625000", "073444.625000", "073444.625000", "073444.625000", "073449.625000", "073449.625000", "073449.625000", "073449.625000", "073454.625000", "073454.625000", "073454.625000", "073459.625000", "073459.625000", "073459.625000", "073459.625000", "073504.625000", "073504.625000", "073504.625000", "073504.640000", "073509.625000", "073509.625000", "073509.625000", "073509.625000", "073514.625000", "073514.625000", "073514.625000", "073514.625000", "073519.625000", "073519.625000", "073519.625000", "073524.625000", "073524.625000", "073524.625000", "073524.625000", "073529.625000", "073529.625000", "073529.625000", "073529.625000", "073534.625000", "073534.625000", "073534.625000", "073534.625000", "073539.625000", "073539.625000", "073539.625000", "073539.625000", "073544.625000", "073544.625000", "073544.640000", "073544.640000", "073549.625000", "073549.625000", "073549.625000", "073554.625000", "073554.625000", "073554.625000", "073554.625000", "073559.625000", "073559.625000", "073559.625000", "073559.625000", "073604.625000", "073604.625000", "073604.625000", "073609.625000", "073609.625000", "073609.625000", "073609.625000", "073614.625000", "073614.625000", "073614.625000", "073619.625000", "073619.625000", "073619.625000", "073619.625000", "073624.625000", "073624.625000", "073624.640000", "073624.640000", "073629.625000", "073629.625000", "073629.625000", "073634.625000", "073634.625000", "073634.625000", "073634.625000", "073644.625000", "073644.625000", "073644.625000", "073644.625000", "073644.625000", "073644.640000", "073644.640000", "073649.625000", "073649.625000", "073649.625000", "073649.625000", "073654.625000", "073654.625000", "073654.625000", "073654.625000", "073659.625000", "073659.625000", "073659.625000", "073659.625000", "073704.625000", "073704.625000", "073704.625000", "073709.625000", "073709.625000", "073709.625000", "073709.625000", "073714.625000", "073714.625000", "073714.625000", "073714.625000", "073719.625000", "073719.625000", "073719.625000", "073724.625000", "073724.625000", "073724.625000", "073724.625000", "073729.625000", "073729.625000", "073729.625000", "073734.625000", "073734.625000", "073734.625000", "073734.625000", "073739.625000", "073739.625000", "073739.625000", "073739.625000", "073744.625000", "073744.625000", "073744.625000", "073744.625000", "073749.625000", "073749.625000", "073749.625000", "073749.625000", "073754.625000", "073754.625000", "073754.625000", "073759.625000", "073759.625000", "073759.625000", "073804.625000", "073804.625000", "073804.625000", "073804.625000", "073809.625000", "073809.625000", "073809.625000", "073814.625000", "073814.625000", "073814.625000", "073814.625000", "073819.625000", "073819.625000", "073819.625000", "073819.625000", "073824.625000", "073824.625000", "073824.625000", "073824.625000", "073829.625000", "073829.625000", "073829.625000", "073829.625000", "073834.625000", "073834.625000", "073834.625000", "073839.625000", "073839.625000", "073839.625000", "073839.625000", "073844.625000", "073844.625000", "073844.625000", "073844.625000", "073849.625000", "073849.625000", "073849.625000", "073849.625000", "073854.625000", "073854.625000", "073854.625000", "073859.625000", "073859.625000", "073859.625000", "073859.625000", "073904.625000", "073904.625000", "073904.625000", "073904.625000", "073909.625000", "073909.625000", "073909.625000", "073914.625000", "073914.625000", "073914.625000", "073914.625000", "073919.625000", "073919.625000", "073919.625000", "073919.625000", "073924.625000", "073924.625000", "073924.625000", "073929.625000", "073929.625000", "073929.625000", "073929.625000", "073934.625000", "073934.625000", "073934.625000", "073934.625000", "073939.625000", "073939.625000", "073939.625000", "073944.625000", "073944.625000", "073944.625000", "073944.625000", "073949.625000", "073949.625000", "073949.625000", "073949.625000", "073954.625000", "073954.625000", "073954.625000", "073959.625000", "073959.625000", "073959.625000", "073959.625000", "074004.625000", "074004.625000", "074004.625000", "074004.625000", "074009.625000", "074009.625000", "074009.625000", "074009.625000", "074014.625000", "074014.625000", "074014.625000", "074019.625000", "074019.625000", "074019.625000", "074019.625000", "074024.625000", "074024.625000", "074024.625000", "074024.625000", "074029.625000", "074029.625000", "074029.625000", "074029.625000", "074034.625000", "074034.625000", "074034.625000", "074034.625000", "074039.625000", "074039.625000", "074039.625000", "074044.625000", "074044.625000", "074044.625000", "074044.625000", "074044.625000", "074049.625000", "074049.625000", "074049.640000", "074049.640000", "074054.625000", "074054.625000", "074054.625000", "074054.625000", "074059.625000", "074059.625000", "074059.625000", "074059.625000", "074104.625000", "074104.625000", "074104.625000", "074104.625000", "074109.625000", "074109.625000", "074109.625000", "074109.625000", "074114.625000", "074114.625000", "074114.625000", "074114.640000", "074119.625000", "074119.625000", "074119.625000", "074119.625000", "074124.625000", "074124.625000", "074124.625000", "074124.625000", "074129.625000", "074129.625000", "074129.625000", "074129.625000", "074134.625000", "074134.625000", "074134.625000", "074134.625000", "074139.625000", "074139.625000", "074139.625000", "074139.625000", "074144.625000", "074144.625000", "074144.625000", "074144.625000", "074149.625000", "074149.625000", "074149.625000", "074149.625000", "074154.625000", "074154.625000", "074154.625000", "074154.625000", "074159.625000", "074159.625000", "074159.625000", "074159.625000", "074203.687000", "074203.687000", "074203.687000", "074203.703000"], "InstanceCreationTime": ["073033.453000", "073039.625000", "073039.625000", "073039.625000", "073039.640000", "073039.640000", "073044.625000", "073044.625000", "073044.625000", "073044.625000", "073049.625000", "073049.625000", "073049.625000", "073054.625000", "073054.625000", "073054.625000", "073054.625000", "073059.625000", "073059.625000", "073059.625000", "073104.625000", "073104.625000", "073104.625000", "073104.625000", "073109.625000", "073109.625000", "073109.625000", "073109.625000", "073114.625000", "073114.625000", "073114.625000", "073114.625000", "073119.625000", "073119.625000", "073119.625000", "073124.625000", "073124.625000", "073124.625000", "073124.625000", "073129.625000", "073129.625000", "073129.625000", "073129.625000", "073134.625000", "073134.625000", "073134.625000", "073134.625000", "073139.625000", "073139.625000", "073139.625000", "073144.625000", "073144.625000", "073144.625000", "073144.625000", "073149.625000", "073149.625000", "073149.625000", "073149.625000", "073154.625000", "073154.625000", "073154.640000", "073159.625000", "073159.625000", "073159.625000", "073159.625000", "073204.625000", "073204.625000", "073204.625000", "073209.625000", "073209.625000", "073209.625000", "073209.625000", "073214.625000", "073214.625000", "073214.625000", "073214.625000", "073219.625000", "073219.625000", "073219.625000", "073224.625000", "073224.625000", "073224.625000", "073224.625000", "073229.625000", "073229.625000", "073229.625000", "073234.625000", "073234.625000", "073234.625000", "073234.625000", "073239.625000", "073239.625000", "073239.625000", "073239.625000", "073244.625000", "073244.625000", "073244.625000", "073244.625000", "073249.625000", "073249.625000", "073249.625000", "073254.625000", "073254.625000", "073254.625000", "073254.625000", "073259.625000", "073259.625000", "073259.625000", "073259.640000", "073304.625000", "073304.625000", "073304.625000", "073309.625000", "073309.625000", "073309.625000", "073309.625000", "073314.625000", "073314.625000", "073314.625000", "073319.625000", "073319.625000", "073319.625000", "073319.625000", "073324.625000", "073324.625000", "073324.625000", "073324.625000", "073329.625000", "073329.625000", "073329.625000", "073334.625000", "073334.625000", "073334.625000", "073334.625000", "073339.625000", "073339.625000", "073339.625000", "073339.625000", "073344.625000", "073344.625000", "073344.625000", "073344.625000", "073349.625000", "073349.625000", "073349.625000", "073354.625000", "073354.625000", "073354.625000", "073359.625000", "073359.625000", "073359.625000", "073359.625000", "073404.625000", "073404.625000", "073404.625000", "073404.625000", "073409.625000", "073409.625000", "073409.625000", "073414.625000", "073414.625000", "073414.625000", "073414.625000", "073419.625000", "073419.625000", "073419.625000", "073419.625000", "073424.625000", "073424.625000", "073424.625000", "073424.625000", "073429.625000", "073429.625000", "073429.625000", "073429.625000", "073434.625000", "073434.625000", "073434.625000", "073439.625000", "073439.625000", "073439.625000", "073439.625000", "073444.625000", "073444.625000", "073444.625000", "073444.625000", "073449.625000", "073449.625000", "073449.625000", "073449.625000", "073454.625000", "073454.625000", "073454.625000", "073459.625000", "073459.625000", "073459.625000", "073459.625000", "073504.625000", "073504.625000", "073504.625000", "073504.640000", "073509.625000", "073509.625000", "073509.625000", "073509.625000", "073514.625000", "073514.625000", "073514.625000", "073514.625000", "073519.625000", "073519.625000", "073519.625000", "073524.625000", "073524.625000", "073524.625000", "073524.625000", "073529.625000", "073529.625000", "073529.625000", "073529.625000", "073534.625000", "073534.625000", "073534.625000", "073534.625000", "073539.625000", "073539.625000", "073539.625000", "073539.625000", "073544.625000", "073544.625000", "073544.640000", "073544.640000", "073549.625000", "073549.625000", "073549.625000", "073554.625000", "073554.625000", "073554.625000", "073554.625000", "073559.625000", "073559.625000", "073559.625000", "073559.625000", "073604.625000", "073604.625000", "073604.625000", "073609.625000", "073609.625000", "073609.625000", "073609.625000", "073614.625000", "073614.625000", "073614.625000", "073619.625000", "073619.625000", "073619.625000", "073619.625000", "073624.625000", "073624.625000", "073624.640000", "073624.640000", "073629.625000", "073629.625000", "073629.625000", "073634.625000", "073634.625000", "073634.625000", "073634.625000", "073644.625000", "073644.625000", "073644.625000", "073644.625000", "073644.625000", "073644.640000", "073644.640000", "073649.625000", "073649.625000", "073649.625000", "073649.625000", "073654.625000", "073654.625000", "073654.625000", "073654.625000", "073659.625000", "073659.625000", "073659.625000", "073659.625000", "073704.625000", "073704.625000", "073704.625000", "073709.625000", "073709.625000", "073709.625000", "073709.625000", "073714.625000", "073714.625000", "073714.625000", "073714.625000", "073719.625000", "073719.625000", "073719.625000", "073724.625000", "073724.625000", "073724.625000", "073724.625000", "073729.625000", "073729.625000", "073729.625000", "073734.625000", "073734.625000", "073734.625000", "073734.625000", "073739.625000", "073739.625000", "073739.625000", "073739.625000", "073744.625000", "073744.625000", "073744.625000", "073744.625000", "073749.625000", "073749.625000", "073749.625000", "073749.625000", "073754.625000", "073754.625000", "073754.625000", "073759.625000", "073759.625000", "073759.625000", "073804.625000", "073804.625000", "073804.625000", "073804.625000", "073809.625000", "073809.625000", "073809.625000", "073814.625000", "073814.625000", "073814.625000", "073814.625000", "073819.625000", "073819.625000", "073819.625000", "073819.625000", "073824.625000", "073824.625000", "073824.625000", "073824.625000", "073829.625000", "073829.625000", "073829.625000", "073829.625000", "073834.625000", "073834.625000", "073834.625000", "073839.625000", "073839.625000", "073839.625000", "073839.625000", "073844.625000", "073844.625000", "073844.625000", "073844.625000", "073849.625000", "073849.625000", "073849.625000", "073849.625000", "073854.625000", "073854.625000", "073854.625000", "073859.625000", "073859.625000", "073859.625000", "073859.625000", "073904.625000", "073904.625000", "073904.625000", "073904.625000", "073909.625000", "073909.625000", "073909.625000", "073914.625000", "073914.625000", "073914.625000", "073914.625000", "073919.625000", "073919.625000", "073919.625000", "073919.625000", "073924.625000", "073924.625000", "073924.625000", "073929.625000", "073929.625000", "073929.625000", "073929.625000", "073934.625000", "073934.625000", "073934.625000", "073934.625000", "073939.625000", "073939.625000", "073939.625000", "073944.625000", "073944.625000", "073944.625000", "073944.625000", "073949.625000", "073949.625000", "073949.625000", "073949.625000", "073954.625000", "073954.625000", "073954.625000", "073959.625000", "073959.625000", "073959.625000", "073959.625000", "074004.625000", "074004.625000", "074004.625000", "074004.625000", "074009.625000", "074009.625000", "074009.625000", "074009.625000", "074014.625000", "074014.625000", "074014.625000", "074019.625000", "074019.625000", "074019.625000", "074019.625000", "074024.625000", "074024.625000", "074024.625000", "074024.625000", "074029.625000", "074029.625000", "074029.625000", "074029.625000", "074034.625000", "074034.625000", "074034.625000", "074034.625000", "074039.625000", "074039.625000", "074039.625000", "074044.625000", "074044.625000", "074044.625000", "074044.625000", "074044.625000", "074049.625000", "074049.625000", "074049.640000", "074049.640000", "074054.625000", "074054.625000", "074054.625000", "074054.625000", "074059.625000", "074059.625000", "074059.625000", "074059.625000", "074104.625000", "074104.625000", "074104.625000", "074104.625000", "074109.625000", "074109.625000", "074109.625000", "074109.625000", "074114.625000", "074114.625000", "074114.625000", "074114.640000", "074119.625000", "074119.625000", "074119.625000", "074119.625000", "074124.625000", "074124.625000", "074124.625000", "074124.625000", "074129.625000", "074129.625000", "074129.625000", "074129.625000", "074134.625000", "074134.625000", "074134.625000", "074134.625000", "074139.625000", "074139.625000", "074139.625000", "074139.625000", "074144.625000", "074144.625000", "074144.625000", "074144.625000", "074149.625000", "074149.625000", "074149.625000", "074149.625000", "074154.625000", "074154.625000", "074154.625000", "074154.625000", "074159.625000", "074159.625000", "074159.625000", "074159.625000", "074203.687000", "074203.687000", "074203.687000", "074203.703000"], "InstanceNumber": [1, 2, 3, 4, 5, 6, 7, 8, 9, 10, 11, 12, 13, 14, 15, 16, 17, 18, 19, 20, 21, 22, 23, 24, 25, 26, 27, 28, 29, 30, 31, 32, 33, 34, 35, 36, 37, 38, 39, 40, 41, 42, 43, 44, 45, 46, 47, 48, 49, 50, 51, 52, 53, 54, 55, 56, 57, 58, 59, 60, 61, 62, 63, 64, 65, 66, 67, 68, 69, 70, 71, 72, 73, 74, 75, 76, 77, 78, 79, 80, 81, 82, 83, 84, 85, 86, 87, 88, 89, 90, 91, 92, 93, 94, 95, 96, 97, 98, 99, 100, 101, 102, 103, 104, 105, 106, 107, 108, 109, 110, 111, 112, 113, 114, 115, 116, 117, 118, 119, 120, 121, 122, 123, 124, 125, 126, 127, 128, 129, 130, 131, 132, 133, 134, 135, 136, 137, 138, 139, 140, 141, 142, 143, 144, 145, 146, 147, 148, 149, 150, 151, 152, 153, 154, 155, 156, 157, 158, 159, 160, 161, 162, 163, 164, 165, 166, 167, 168, 169, 170, 171, 172, 173, 174, 175, 176, 177, 178, 179, 180, 181, 182, 183, 184, 185, 186, 187, 188, 189, 190, 191, 192, 193, 194, 195, 196, 197, 198, 199, 200, 201, 202, 203, 204, 205, 206, 207, 208, 209, 210, 211, 212, 213, 214, 215, 216, 217, 218, 219, 220, 221, 222, 223, 224, 225, 226, 227, 228, 229, 230, 231, 232, 233, 234, 235, 236, 237, 238, 239, 240, 241, 242, 243, 244, 245, 246, 247, 248, 249, 250, 251, 252, 253, 254, 255, 256, 257, 258, 259, 260, 261, 262, 263, 264, 265, 266, 267, 268, 269, 270, 271, 272, 273, 274, 275, 276, 277, 278, 279, 280, 281, 282, 283, 284, 285, 286, 287, 288, 289, 290, 291, 292, 293, 294, 295, 296, 297, 298, 299, 300, 301, 302, 303, 304, 305, 306, 307, 308, 309, 310, 311, 312, 313, 314, 315, 316, 317, 318, 319, 320, 321, 322, 323, 324, 325, 326, 327, 328, 329, 330, 331, 332, 333, 334, 335, 336, 337, 338, 339, 340, 341, 342, 343, 344, 345, 346, 347, 348, 349, 350, 351, 352, 353, 354, 355, 356, 357, 358, 359, 360, 361, 362, 363, 364, 365, 366, 367, 368, 369, 370, 371, 372, 373, 374, 375, 376, 377, 378, 379, 380, 381, 382, 383, 384, 385, 386, 387, 388, 389, 390, 391, 392, 393, 394, 395, 396, 397, 398, 399, 400, 401, 402, 403, 404, 405, 406, 407, 408, 409, 410, 411, 412, 413, 414, 415, 416, 417, 418, 419, 420, 421, 422, 423, 424, 425, 426, 427, 428, 429, 430, 431, 432, 433, 434, 435, 436, 437, 438, 439, 440, 441, 442, 443, 444, 445, 446, 447, 448, 449, 450, 451, 452, 453, 454, 455, 456, 457, 458, 459, 460, 461, 462, 463, 464, 465, 466, 467, 468, 469, 470, 471, 472, 473, 474, 475, 476, 477, 478, 479, 480, 481, 482, 483, 484, 485, 486, 487, 488, 489, 490, 491, 492, 493, 494, 495, 496, 497, 498, 499, 500, 501, 502, 503, 504, 505, 506, 507, 508, 509, 510, 511, 512, 513, 514, 515, 516, 517, 518], "LargestImagePixelValue": [32530, 33482, 25277, 26288, 28393, 28067, 29976, 29285, 28542, 25419, 29630, 28870, 31198, 32411, 33154, 29792, 26879, 28310, 31453, 31393, 29966, 25015, 26958, 30110, 26045, 25096, 28107, 29706, 26250, 25916, 30517, 25073, 26613, 31271, 33110, 32955, 28772, 32925, 34659, 27606, 27449, 28814, 31989, 33746, 26638, 29275, 31002, 32989, 29685, 27131, 27467, 32385, 32666, 26878, 27570, 31532, 28295, 27355, 28059, 36174, 25004, 29448, 31087, 28030, 27539, 29715, 32747, 27226, 30120, 31950, 32886, 24884, 29092, 32376, 26694, 26490, 28176, 30178, 32838, 28460, 27862, 30780, 33742, 27604, 26443, 30309, 33266, 26543, 27069, 29829, 33397, 33846, 26704, 28556, 31851, 31165, 27052, 28587, 32314, 28495, 27245, 30252, 32300, 25631, 28718, 29912, 32185, 34011, 30539, 27293, 29419, 34376, 28926, 27875, 27700, 33541, 26720, 26591, 28842, 31425, 34083, 25668, 29489, 30500, 34771, 29125, 28618, 28904, 34154, 24633, 27322, 31080, 29064, 32396, 33842, 31934, 26190, 27510, 27374, 32555, 34790, 24644, 27943, 28240, 32202, 32116, 28965, 25279, 28594, 29854, 30513, 31717, 25838, 25367, 28786, 32908, 32243, 31198, 24384, 28735, 29114, 32864, 24586, 29088, 30681, 30361, 33584, 29922, 24601, 26283, 29861, 32671, 26307, 24321, 26571, 29419, 30046, 34161, 30935, 26354, 28112, 32779, 32411, 30526, 26565, 27515, 33798, 28256, 26284, 26898, 28565, 32248, 28427, 26469, 29173, 31530, 33605, 25363, 27442, 29763, 31876, 25961, 29162, 31073, 31140, 33542, 32255, 30971, 27580, 29614, 30888, 32399, 32283, 33210, 33709, 24461, 26969, 31168, 28963, 31650, 32777, 27406, 24722, 27205, 28796, 28498, 33638, 33306, 25082, 27483, 27754, 30695, 34736, 25295, 27886, 29820, 27241, 26140, 29463, 30306, 26668, 29105, 31947, 26051, 27666, 31791, 24813, 29561, 30572, 32900, 27590, 29666, 31040, 34263, 27692, 28323, 32520, 26882, 27614, 31123, 28019, 31332, 32404, 28055, 28643, 33246, 25137, 28575, 31287, 30334, 24676, 28501, 30097, 35820, 24771, 29141, 30584, 32244, 31054, 25635, 30742, 33012, 30614, 26268, 28845, 31164, 29138, 33700, 31680, 26522, 27977, 27360, 32326, 27115, 27172, 27976, 32205, 29407, 26305, 29679, 33797, 25801, 26069, 29560, 28489, 33778, 29028, 27530, 28673, 31936, 33639, 25523, 27596, 28571, 33190, 29756, 24965, 26806, 27163, 31492, 30170, 25464, 28029, 32427, 31530, 26316, 27222, 27845, 33630, 27600, 24806, 27812, 28956, 30989, 25770, 27830, 29415, 28352, 24865, 29926, 32061, 31164, 30494, 28202, 33445, 30424, 27922, 31038, 30846, 25736, 32206, 32473, 31896, 27270, 33599, 25284, 28932, 32656, 33623, 31158, 27263, 33022, 33191, 25257, 26800, 28020, 33213, 25060, 27453, 28411, 24999, 29100, 32405, 29013, 26295, 28972, 32928, 27110, 28973, 33240, 25500, 28724, 30409, 25632, 26942, 32210, 28302, 27786, 31188, 35557, 25080, 29627, 26405, 29588, 29392, 25731, 29559, 30972, 26269, 31716, 33025, 30150, 26069, 27782, 35130, 25187, 26513, 31083, 33754, 30223, 28384, 28770, 33652, 27165, 26928, 27193, 31767, 30719, 27266, 28851, 33629, 28513, 25662, 27324, 30286, 25967, 27958, 32393, 25356, 28354, 30420, 27970, 25611, 29447, 25007, 25218, 27996, 31393, 25440, 28862, 32448, 27470, 27561, 32705, 26878, 33395, 29830, 25183, 25474, 31592, 32136, 25310, 27303, 26511, 33459, 29351, 25100, 26235, 27940, 28551, 32633, 26316, 24965, 27981, 31533, 30889, 33172, 30324, 27769, 27008, 32001, 26849, 33668, 25227, 26325, 31529, 31997, 25463, 26217, 35999, 25103, 26441, 30510, 31033, 25130, 26124, 32343, 26719, 29041, 24932, 28220, 30877, 25419, 29622, 31348, 26502, 29188, 29500, 28540, 32749, 28112, 28999, 32370, 25448, 27998, 32598, 26161, 32346, 26005, 28201, 31227, 31629, 26190, 28970, 24915, 27853, 27562, 33428], "WindowCenter": [10020.0, 10015.0, 10003.0, 10012.0, 10018.0, 10020.0, 10007.0, 10012.0, 10009.0, 10008.0, 10015.0, 10024.0, 10018.0, 10022.0, 10017.0, 9997.0, 9995.0, 10003.0, 10004.0, 10023.0, 10012.0, 9974.0, 10015.0, 10020.0, 10002.0, 10007.0, 10020.0, 10034.0, 10015.0, 10014.0, 10041.0, 10027.0, 10023.0, 10038.0, 10045.0, 10032.0, 10024.0, 10033.0, 10034.0, 10003.0, 9995.0, 9995.0, 10012.0, 10013.0, 10005.0, 10017.0, 10024.0, 10023.0, 9994.0, 9994.0, 9992.0, 10020.0, 10017.0, 9991.0, 10005.0, 10007.0, 9998.0, 9993.0, 10006.0, 10032.0, 9996.0, 10010.0, 10018.0, 10011.0, 10010.0, 10028.0, 10046.0, 10009.0, 10026.0, 10016.0, 10017.0, 9986.0, 10012.0, 10035.0, 9998.0, 10014.0, 10022.0, 10023.0, 10037.0, 10017.0, 10001.0, 10025.0, 10040.0, 10023.0, 9990.0, 10020.0, 10025.0, 9996.0, 10000.0, 10015.0, 10014.0, 10001.0, 9990.0, 9991.0, 10028.0, 10008.0, 9996.0, 9990.0, 10016.0, 9996.0, 9999.0, 10022.0, 10027.0, 9997.0, 10015.0, 9999.0, 10017.0, 10026.0, 10005.0, 9989.0, 9998.0, 10026.0, 9990.0, 10000.0, 10009.0, 10019.0, 10000.0, 9993.0, 10008.0, 10018.0, 10019.0, 9991.0, 10008.0, 10026.0, 10018.0, 9993.0, 9995.0, 10006.0, 10022.0, 9978.0, 10006.0, 9994.0, 10000.0, 10003.0, 10014.0, 10009.0, 9977.0, 9988.0, 9976.0, 10007.0, 9990.0, 9966.0, 9992.0, 9999.0, 10018.0, 10016.0, 9996.0, 9988.0, 9998.0, 10000.0, 10014.0, 10008.0, 9981.0, 9971.0, 10007.0, 10015.0, 10025.0, 10003.0, 9971.0, 10011.0, 10022.0, 10025.0, 9991.0, 10011.0, 10011.0, 10030.0, 10015.0, 10003.0, 9976.0, 9977.0, 10003.0, 10011.0, 9994.0, 9982.0, 9987.0, 10004.0, 10012.0, 10014.0, 10007.0, 9987.0, 9998.0, 10008.0, 10016.0, 9984.0, 9982.0, 9981.0, 10007.0, 9980.0, 9973.0, 9977.0, 9987.0, 9994.0, 9983.0, 9979.0, 9982.0, 10009.0, 10004.0, 9963.0, 9988.0, 10010.0, 10027.0, 9983.0, 10008.0, 10008.0, 10000.0, 10021.0, 10008.0, 9999.0, 9996.0, 10007.0, 10013.0, 10017.0, 10007.0, 10025.0, 10024.0, 9977.0, 9985.0, 9992.0, 9995.0, 9991.0, 9996.0, 9983.0, 9969.0, 9969.0, 9992.0, 9988.0, 10016.0, 10002.0, 9961.0, 9987.0, 9971.0, 9979.0, 9989.0, 9968.0, 9984.0, 9997.0, 9979.0, 9978.0, 9997.0, 9996.0, 9992.0, 9991.0, 10006.0, 9976.0, 9986.0, 9996.0, 9975.0, 10003.0, 9999.0, 9996.0, 9976.0, 9988.0, 10005.0, 9998.0, 9965.0, 9968.0, 9989.0, 9971.0, 9975.0, 10000.0, 9989.0, 9996.0, 9993.0, 9972.0, 9975.0, 10002.0, 9974.0, 9984.0, 9999.0, 10000.0, 9971.0, 9982.0, 10003.0, 10013.0, 9972.0, 9993.0, 10006.0, 10006.0, 10014.0, 9986.0, 10017.0, 10019.0, 10014.0, 9994.0, 10005.0, 9999.0, 9984.0, 10002.0, 9985.0, 9967.0, 9973.0, 9953.0, 9993.0, 9978.0, 9989.0, 10003.0, 10006.0, 9991.0, 9980.0, 9994.0, 10003.0, 9981.0, 9977.0, 9987.0, 9984.0, 10007.0, 9972.0, 9975.0, 9986.0, 9999.0, 9994.0, 9963.0, 9973.0, 9963.0, 9989.0, 9975.0, 9941.0, 9955.0, 9953.0, 9983.0, 9969.0, 9965.0, 9973.0, 10004.0, 9989.0, 9963.0, 9975.0, 9981.0, 9998.0, 9972.0, 9970.0, 9973.0, 9977.0, 10001.0, 9980.0, 9981.0, 9998.0, 9988.0, 9979.0, 10007.0, 10017.0, 10007.0, 9999.0, 9992.0, 10013.0, 9991.0, 9981.0, 9988.0, 9988.0, 9972.0, 10002.0, 9981.0, 9978.0, 9964.0, 9990.0, 9964.0, 9978.0, 9981.0, 9987.0, 9969.0, 9951.0, 9972.0, 9957.0, 9943.0, 9958.0, 9964.0, 9978.0, 9944.0, 9977.0, 9993.0, 9963.0, 9992.0, 9992.0, 9982.0, 9952.0, 9956.0, 9992.0, 9950.0, 9970.0, 9990.0, 9964.0, 9984.0, 9983.0, 9968.0, 9978.0, 10002.0, 9980.0, 9977.0, 9970.0, 9986.0, 9944.0, 9985.0, 9974.0, 10001.0, 10001.0, 9984.0, 9989.0, 10012.0, 9989.0, 10002.0, 10008.0, 9985.0, 9968.0, 9972.0, 10001.0, 9968.0, 9977.0, 10000.0, 9995.0, 9992.0, 9978.0, 9980.0, 10006.0, 9966.0, 9982.0, 9977.0, 10003.0, 9996.0, 9962.0, 9988.0, 9982.0, 9959.0, 9954.0, 9965.0, 9981.0, 9975.0, 9977.0, 10000.0, 9969.0, 9957.0, 9979.0, 9975.0, 9965.0, 9989.0, 9977.0, 9971.0, 9982.0, 10004.0, 9978.0, 9999.0, 10016.0, 9976.0, 9965.0, 9993.0, 9956.0, 9983.0, 9964.0, 9943.0, 9959.0, 9979.0, 9980.0, 9953.0, 9970.0, 9986.0, 9999.0, 9974.0, 9959.0, 9972.0, 9968.0, 9985.0, 9994.0, 9989.0, 10007.0, 10004.0, 10017.0, 10003.0, 10008.0, 9996.0, 9976.0, 9970.0, 9979.0, 9965.0, 9983.0, 9958.0, 9951.0, 9974.0, 9963.0, 9959.0, 9961.0, 9989.0, 9943.0, 9949.0, 9961.0, 9957.0, 9950.0, 9952.0, 9975.0, 9958.0, 9982.0, 9970.0, 9968.0, 9989.0, 9965.0, 9993.0, 9998.0, 9971.0, 9990.0, 9980.0, 9983.0, 9994.0, 9984.0, 9977.0, 9986.0, 9949.0, 9954.0, 9985.0, 9973.0, 9986.0, 9958.0, 9989.0, 9987.0, 9988.0, 9950.0, 9981.0, 9963.0, 9981.0, 9976.0, 9986.0], "WindowWidth": [21240.0, 21224.0, 21201.0, 21218.0, 21228.0, 21231.0, 21205.0, 21212.0, 21214.0, 21214.0, 21223.0, 21240.0, 21228.0, 21232.0, 21220.0, 21185.0, 21179.0, 21193.0, 21199.0, 21232.0, 21212.0, 21143.0, 21223.0, 21233.0, 21198.0, 21210.0, 21236.0, 21262.0, 21232.0, 21231.0, 21284.0, 21255.0, 21248.0, 21271.0, 21284.0, 21261.0, 21245.0, 21259.0, 21257.0, 21196.0, 21177.0, 21174.0, 21213.0, 21216.0, 21202.0, 21220.0, 21233.0, 21231.0, 21178.0, 21173.0, 21172.0, 21229.0, 21221.0, 21172.0, 21197.0, 21204.0, 21185.0, 21175.0, 21203.0, 21251.0, 21181.0, 21209.0, 21226.0, 21213.0, 21212.0, 21250.0, 21281.0, 21210.0, 21240.0, 21223.0, 21225.0, 21167.0, 21218.0, 21264.0, 21191.0, 21219.0, 21235.0, 21237.0, 21263.0, 21230.0, 21199.0, 21242.0, 21271.0, 21235.0, 21170.0, 21224.0, 21238.0, 21181.0, 21188.0, 21215.0, 21211.0, 21186.0, 21165.0, 21168.0, 21239.0, 21202.0, 21176.0, 21171.0, 21218.0, 21179.0, 21188.0, 21231.0, 21241.0, 21187.0, 21217.0, 21186.0, 21222.0, 21236.0, 21201.0, 21168.0, 21184.0, 21237.0, 21167.0, 21183.0, 21203.0, 21227.0, 21187.0, 21174.0, 21202.0, 21222.0, 21224.0, 21172.0, 21201.0, 21236.0, 21224.0, 21172.0, 21175.0, 21199.0, 21230.0, 21145.0, 21199.0, 21176.0, 21179.0, 21194.0, 21212.0, 21201.0, 21136.0, 21156.0, 21135.0, 21200.0, 21169.0, 21120.0, 21169.0, 21181.0, 21217.0, 21212.0, 21177.0, 21165.0, 21178.0, 21185.0, 21213.0, 21202.0, 21150.0, 21134.0, 21197.0, 21217.0, 21233.0, 21194.0, 21133.0, 21209.0, 21233.0, 21237.0, 21172.0, 21210.0, 21206.0, 21246.0, 21217.0, 21192.0, 21136.0, 21138.0, 21190.0, 21203.0, 21171.0, 21151.0, 21158.0, 21192.0, 21210.0, 21217.0, 21197.0, 21160.0, 21177.0, 21194.0, 21207.0, 21149.0, 21144.0, 21142.0, 21193.0, 21138.0, 21127.0, 21133.0, 21152.0, 21167.0, 21153.0, 21141.0, 21145.0, 21196.0, 21185.0, 21110.0, 21156.0, 21205.0, 21247.0, 21160.0, 21202.0, 21201.0, 21181.0, 21221.0, 21205.0, 21182.0, 21175.0, 21198.0, 21210.0, 21213.0, 21194.0, 21232.0, 21227.0, 21134.0, 21149.0, 21162.0, 21166.0, 21160.0, 21172.0, 21147.0, 21119.0, 21119.0, 21159.0, 21157.0, 21214.0, 21182.0, 21103.0, 21147.0, 21115.0, 21136.0, 21156.0, 21117.0, 21148.0, 21173.0, 21142.0, 21141.0, 21178.0, 21177.0, 21168.0, 21167.0, 21193.0, 21136.0, 21157.0, 21179.0, 21137.0, 21188.0, 21179.0, 21173.0, 21134.0, 21156.0, 21187.0, 21171.0, 21108.0, 21115.0, 21155.0, 21120.0, 21129.0, 21182.0, 21157.0, 21171.0, 21163.0, 21122.0, 21125.0, 21180.0, 21131.0, 21147.0, 21174.0, 21177.0, 21123.0, 21142.0, 21189.0, 21207.0, 21127.0, 21168.0, 21192.0, 21195.0, 21210.0, 21167.0, 21219.0, 21225.0, 21214.0, 21172.0, 21191.0, 21177.0, 21150.0, 21182.0, 21140.0, 21107.0, 21114.0, 21080.0, 21161.0, 21137.0, 21155.0, 21184.0, 21190.0, 21160.0, 21137.0, 21169.0, 21185.0, 21139.0, 21129.0, 21148.0, 21144.0, 21191.0, 21124.0, 21127.0, 21146.0, 21174.0, 21162.0, 21103.0, 21123.0, 21102.0, 21148.0, 21120.0, 21056.0, 21080.0, 21077.0, 21140.0, 21117.0, 21115.0, 21124.0, 21184.0, 21153.0, 21104.0, 21125.0, 21140.0, 21173.0, 21123.0, 21119.0, 21124.0, 21130.0, 21178.0, 21147.0, 21142.0, 21177.0, 21159.0, 21142.0, 21193.0, 21221.0, 21197.0, 21180.0, 21165.0, 21205.0, 21164.0, 21144.0, 21157.0, 21153.0, 21122.0, 21173.0, 21135.0, 21127.0, 21104.0, 21156.0, 21103.0, 21128.0, 21134.0, 21142.0, 21106.0, 21073.0, 21116.0, 21082.0, 21054.0, 21083.0, 21096.0, 21123.0, 21065.0, 21127.0, 21161.0, 21108.0, 21161.0, 21159.0, 21135.0, 21078.0, 21083.0, 21153.0, 21079.0, 21114.0, 21152.0, 21103.0, 21138.0, 21138.0, 21113.0, 21134.0, 21183.0, 21136.0, 21123.0, 21112.0, 21141.0, 21067.0, 21147.0, 21127.0, 21178.0, 21182.0, 21149.0, 21157.0, 21210.0, 21162.0, 21184.0, 21194.0, 21147.0, 21112.0, 21118.0, 21177.0, 21112.0, 21131.0, 21174.0, 21165.0, 21160.0, 21130.0, 21140.0, 21189.0, 21111.0, 21138.0, 21131.0, 21180.0, 21169.0, 21103.0, 21147.0, 21140.0, 21094.0, 21083.0, 21105.0, 21137.0, 21130.0, 21131.0, 21170.0, 21108.0, 21087.0, 21129.0, 21128.0, 21108.0, 21155.0, 21133.0, 21122.0, 21141.0, 21187.0, 21144.0, 21182.0, 21212.0, 21134.0, 21108.0, 21155.0, 21087.0, 21140.0, 21102.0, 21062.0, 21091.0, 21131.0, 21131.0, 21084.0, 21117.0, 21152.0, 21173.0, 21127.0, 21099.0, 21120.0, 21114.0, 21149.0, 21167.0, 21161.0, 21194.0, 21192.0, 21214.0, 21191.0, 21197.0, 21169.0, 21128.0, 21114.0, 21127.0, 21107.0, 21140.0, 21091.0, 21079.0, 21124.0, 21101.0, 21090.0, 21096.0, 21146.0, 21056.0, 21068.0, 21091.0, 21083.0, 21070.0, 21077.0, 21127.0, 21090.0, 21132.0, 21114.0, 21110.0, 21151.0, 21111.0, 21159.0, 21166.0, 21117.0, 21156.0, 21136.0, 21143.0, 21169.0, 21145.0, 21129.0, 21144.0, 21071.0, 21080.0, 21145.0, 21122.0, 21147.0, 21092.0, 21150.0, 21146.0, 21153.0, 21078.0, 21133.0, 21105.0, 21138.0, 21125.0, 21146.0]}, "slices": {}}}