{"AcquisitionMatrixPE": 96, "AcquisitionNumber": 1, "AcquisitionTime": "07:42:8.697500", "BandwidthPerPixelPhaseEncode": 33.602, "BaseResolution": 96, "BodyPartExamined": "BRAIN", "ConsistencyInfo": "N4_VD11D_LATEST_20110129", "ConversionSoftware": "dcm2niix", "ConversionSoftwareVersion": "v1.0.20210317", "DerivedVendorReportedEchoSpacing": 0.000620003, "DeviceSerialNumber": "45239", "DwellTime": 2.6e-06, "EchoTime": 0.03, "EchoTrainLength": 48, "EffectiveEchoSpacing": 0.000310001, "FlipAngle": 63, "ImageComments": "Unaliased MB4/PE3", "ImageOrientationPatientDICOM": [0.999965, -0.00741582, 0.00395969, 0.00840675, 0.882096, -0.470995], "ImageType": ["ORIGINAL", "PRIMARY", "M", "ND", "NORM", "MOSAIC"], "ImagingFrequency": 123.193, "InPlanePhaseEncodingDirectionDICOM": "COL", "InstitutionAddress": "E 24th St. 100,Austin,Southmiddle,US,78712", "InstitutionName": "Univ of Texas at Austin", "InstitutionalDepartmentName": "IRC", "MRAcquisitionType": "2D", "MagneticFieldStrength": 3, "Manufacturer": "Siemens", "ManufacturersModelName": "Skyra", "Modality": "MR", "MultibandAccelerationFactor": 4, "ParallelReductionFactorInPlane": 2, "PartialFourier": 1, "PatientPosition": "HFS", "PercentPhaseFOV": 100, "PercentSampling": 100, "PhaseEncodingDirection": "j-", "PhaseEncodingSteps": 96, "PhaseResolution": 1, "PixelBandwidth": 2005, "ProcedureStepDescription": "Poldrack2^self-scanning", "ProtocolName": "dots_motion", "PulseSequenceDetails": "%CustomerSeq%\\cmrr_mbep2d_bold", "ReceiveCoilActiveElements": "HEA;HEP", "ReceiveCoilName": "Head_32", "ReconMatrixPE": 96, "RefLinesPE": 94, "RepetitionTime": 1.16, "SAR": 0.0955821, "ScanOptions": "FS", "ScanningSequence": "EP", "SequenceName": "epfid2d1_96", "SequenceVariant": "SK", "SeriesDescription": "dots_motion", "SeriesNumber": 10, "ShimSetting": [-2791, 8043, -15426, 82, -249, 168, 225, -42], "SliceThickness": 2, "SliceTiming": [0, 0.5, 0.9975, 0.3575, 0.855, 0.215, 0.7125, 0.0725, 0.57, 1.07, 0.4275, 0.9275, 0.285, 0.785, 0.1425, 0.6425, 0, 0.5, 0.9975, 0.3575, 0.855, 0.215, 0.7125, 0.0725, 0.57, 1.07, 0.4275, 0.9275, 0.285, 0.785, 0.1425, 0.6425, 0, 0.5, 0.9975, 0.3575, 0.855, 0.215, 0.7125, 0.0725, 0.57, 1.07, 0.4275, 0.9275, 0.285, 0.785, 0.1425, 0.6425, 0, 0.5, 0.9975, 0.3575, 0.855, 0.215, 0.7125, 0.0725, 0.57, 1.07, 0.4275, 0.9275, 0.285, 0.785, 0.1425, 0.6425], "SoftwareVersions": "syngo MR D11", "SpacingBetweenSlices": 2.4, "StationName": "AWP45239", "TaskName": "Dot motion stop-signal task", "TotalReadoutTime": 0.0294501, "TxRefAmp": 333.886, "WipMemBlock": "ed28af67-bc04-4f28-9553-352a55b935ed||Sequence: VD11D r206; Feb 13 2013 18:52:04 by eja", "dcmmeta_affine": [[-2.3957486152648926, 0.020141182467341423, 1.3421045608197346e-08, 119.3736801147461], [0.01776707172393799, 2.113354206085205, -1.1304285526275635, -86.79656982421875], [0.009486747905611992, 1.1284260749816895, 2.1171045303344727, -84.03079986572266], [0.0, 0.0, 0.0, 1.0]], "dcmmeta_reorient_transform": [[0.0, -1.0, 0.0, 95.0], [1.0, 0.0, 0.0, 0.0], [0.0, 0.0, 1.0, 0.0], [0.0, 0.0, 0.0, 1.0]], "dcmmeta_shape": [96, 96, 64, 372], "dcmmeta_slice_dim": 2, "dcmmeta_version": 0.6, "global": {"const": {"AcquisitionMatrix": [96, 0, 0, 96], "AngioFlag": "N", "BitsAllocated": 16, "BitsStored": 16, "BodyPartExamined": "BRAIN", "Columns": 768, "EchoNumbers": 1, "EchoTime": 30.0, "EchoTrainLength": 48, "FlipAngle": 63.0, "HighBit": 15, "ImageOrientationPatient": [0.99996466261431, -0.0074158215045, 0.00395968610792, 0.0084067545854, 0.88209570141902, -0.4709952229221], "ImagePositionPatient": [-933.02605821685, -818.08935679496, 399.13326807144], "ImageType": ["ORIGINAL", "PRIMARY", "M", "ND", "NORM", "MOSAIC"], "ImagedNucleus": "1H", "ImagingFrequency": 123.193216, "InPlanePhaseEncodingDirection": "COL", "MRAcquisitionType": "2D", "MagneticFieldStrength": 3.0, "Manufacturer": "SIEMENS", "ManufacturerModelName": "Skyra", "Modality": "MR", "NumberOfAverages": 1.0, "NumberOfPhaseEncodingSteps": 96, "PercentPhaseFieldOfView": 100.0, "PercentSampling": 100.0, "PerformedProcedureStepStartTime": "070851.062000", "PhotometricInterpretation": "MONOCHROME2", "PixelBandwidth": 2005.0, "PixelRepresentation": 0, "PixelSpacing": [2.3958332538605, 2.3958332538605], "ProtocolName": "dots_motion", "RepetitionTime": 1160.0, "Rows": 768, "SAR": 0.09558207309486, "SamplesPerPixel": 1, "ScanOptions": "FS", "ScanningSequence": "EP", "SequenceName": "epfid2d1_96", "SequenceVariant": "SK", "SeriesDescription": "dots_motion", "SeriesNumber": 10, "SeriesTime": "074247.406000", "SliceLocation": -33.243608482254, "SliceThickness": 2.0, "SmallestImagePixelValue": 0, "SoftwareVersions": "syngo MR D11", "SpacingBetweenSlices": 2.4000000377021, "SpecificCharacterSet": "ISO_IR 100", "StudyID": "1", "StudyTime": "070851.031000", "TransmitCoilName": "Body", "VariableFlipAngleFlag": "N", "WindowCenterWidthExplanation": "Algo1", "dBdt": 0.0}, "slices": {}}, "time": {"samples": {"AcquisitionNumber": [1, 2, 3, 4, 5, 6, 7, 8, 9, 10, 11, 12, 13, 14, 15, 16, 17, 18, 19, 20, 21, 22, 23, 24, 25, 26, 27, 28, 29, 30, 31, 32, 33, 34, 35, 36, 37, 38, 39, 40, 41, 42, 43, 44, 45, 46, 47, 48, 49, 50, 51, 52, 53, 54, 55, 56, 57, 58, 59, 60, 61, 62, 63, 64, 65, 66, 67, 68, 69, 70, 71, 72, 73, 74, 75, 76, 77, 78, 79, 80, 81, 82, 83, 84, 85, 86, 87, 88, 89, 90, 91, 92, 93, 94, 95, 96, 97, 98, 99, 100, 101, 102, 103, 104, 105, 106, 107, 108, 109, 110, 111, 112, 113, 114, 115, 116, 117, 118, 119, 120, 121, 122, 123, 124, 125, 126, 127, 128, 129, 130, 131, 132, 133, 134, 135, 136, 137, 138, 139, 140, 141, 142, 143, 144, 145, 146, 147, 148, 149, 150, 151, 152, 153, 154, 155, 156, 157, 158, 159, 160, 161, 162, 163, 164, 165, 166, 167, 168, 169, 170, 171, 172, 173, 174, 175, 176, 177, 178, 179, 180, 181, 182, 183, 184, 185, 186, 187, 188, 189, 190, 191, 192, 193, 194, 195, 196, 197, 198, 199, 200, 201, 202, 203, 204, 205, 206, 207, 208, 209, 210, 211, 212, 213, 214, 215, 216, 217, 218, 219, 220, 221, 222, 223, 224, 225, 226, 227, 228, 229, 230, 231, 232, 233, 234, 235, 236, 237, 238, 239, 240, 241, 242, 243, 244, 245, 246, 247, 248, 249, 250, 251, 252, 253, 254, 255, 256, 257, 258, 259, 260, 261, 262, 263, 264, 265, 266, 267, 268, 269, 270, 271, 272, 273, 274, 275, 276, 277, 278, 279, 280, 281, 282, 283, 284, 285, 286, 287, 288, 289, 290, 291, 292, 293, 294, 295, 296, 297, 298, 299, 300, 301, 302, 303, 304, 305, 306, 307, 308, 309, 310, 311, 312, 313, 314, 315, 316, 317, 318, 319, 320, 321, 322, 323, 324, 325, 326, 327, 328, 329, 330, 331, 332, 333, 334, 335, 336, 337, 338, 339, 340, 341, 342, 343, 344, 345, 346, 347, 348, 349, 350, 351, 352, 353, 354, 355, 356, 357, 358, 359, 360, 361, 362, 363, 364, 365, 366, 367, 368, 369, 370, 371, 372], "AcquisitionTime": ["074208.697500", "074237.697500", "074238.857500", "074240.017500", "074241.177500", "074242.337500", "074243.497500", "074244.657500", "074245.817500", "074246.977500", "074248.137500", "074249.297500", "074250.457500", "074251.617500", "074252.777500", "074253.937500", "074255.097500", "074256.257500", "074257.417500", "074258.577500", "074259.737500", "074300.897500", "074302.057500", "074303.217500", "074304.377500", "074305.537500", "074306.697500", "074307.857500", "074309.017500", "074310.177500", "074311.337500", "074312.497500", "074313.657500", "074314.817500", "074315.977500", "074317.137500", "074318.297500", "074319.457500", "074320.617500", "074321.777500", "074322.937500", "074324.097500", "074325.257500", "074326.417500", "074327.577500", "074328.737500", "074329.897500", "074331.057500", "074332.217500", "074333.377500", "074334.537500", "074335.697500", "074336.857500", "074338.017500", "074339.177500", "074340.337500", "074341.497500", "074342.657500", "074343.817500", "074344.977500", "074346.137500", "074347.297500", "074348.457500", "074349.617500", "074350.777500", "074351.937500", "074353.097500", "074354.257500", "074355.417500", "074356.577500", "074357.737500", "074358.897500", "074400.057500", "074401.217500", "074402.377500", "074403.537500", "074404.697500", "074405.860000", "074407.020000", "074408.180000", "074409.340000", "074410.500000", "074411.660000", "074412.820000", "074413.980000", "074415.140000", "074416.300000", "074417.460000", "074418.620000", "074419.780000", "074420.940000", "074422.100000", "074423.260000", "074424.420000", "074425.580000", "074426.740000", "074427.900000", "074429.060000", "074430.220000", "074431.380000", "074432.540000", "074433.700000", "074434.860000", "074436.020000", "074437.180000", "074438.340000", "074439.500000", "074440.660000", "074441.820000", "074442.980000", "074444.140000", "074445.300000", "074446.460000", "074447.620000", "074448.780000", "074449.940000", "074451.100000", "074452.260000", "074453.420000", "074454.580000", "074455.740000", "074456.900000", "074458.060000", "074459.220000", "074500.380000", "074501.540000", "074502.700000", "074503.860000", "074505.020000", "074506.180000", "074507.340000", "074508.500000", "074509.660000", "074510.820000", "074511.980000", "074513.140000", "074514.300000", "074515.460000", "074516.620000", "074517.780000", "074518.940000", "074520.100000", "074521.260000", "074522.420000", "074523.580000", "074524.740000", "074525.900000", "074527.060000", "074528.220000", "074529.380000", "074530.540000", "074531.700000", "074532.860000", "074534.020000", "074535.180000", "074536.340000", "074537.500000", "074538.660000", "074539.820000", "074540.980000", "074542.140000", "074543.300000", "074544.460000", "074545.620000", "074546.780000", "074547.940000", "074549.100000", "074550.260000", "074551.420000", "074552.580000", "074553.740000", "074554.900000", "074556.060000", "074557.220000", "074558.380000", "074559.540000", "074600.700000", "074601.860000", "074603.020000", "074604.180000", "074605.340000", "074606.500000", "074607.660000", "074608.820000", "074609.980000", "074611.140000", "074612.300000", "074613.460000", "074614.620000", "074615.780000", "074616.940000", "074618.100000", "074619.260000", "074620.420000", "074621.580000", "074622.740000", "074623.900000", "074625.060000", "074626.220000", "074627.380000", "074628.540000", "074629.700000", "074630.860000", "074632.020000", "074633.180000", "074634.340000", "074635.500000", "074636.660000", "074637.820000", "074638.980000", "074640.140000", "074641.300000", "074642.460000", "074643.620000", "074644.780000", "074645.940000", "074647.100000", "074648.260000", "074649.420000", "074650.580000", "074651.740000", "074652.900000", "074654.060000", "074655.220000", "074656.380000", "074657.540000", "074658.700000", "074659.860000", "074701.020000", "074702.180000", "074703.340000", "074704.500000", "074705.660000", "074706.820000", "074707.980000", "074709.140000", "074710.300000", "074711.460000", "074712.620000", "074713.780000", "074714.940000", "074716.100000", "074717.260000", "074718.420000", "074719.580000", "074720.740000", "074721.900000", "074723.060000", "074724.220000", "074725.380000", "074726.540000", "074727.700000", "074728.860000", "074730.020000", "074731.180000", "074732.340000", "074733.500000", "074734.660000", "074735.820000", "074736.980000", "074738.140000", "074739.300000", "074740.460000", "074741.620000", "074742.780000", "074743.940000", "074745.100000", "074746.260000", "074747.420000", "074748.580000", "074749.740000", "074750.900000", "074752.060000", "074753.220000", "074754.380000", "074755.540000", "074756.700000", "074757.860000", "074759.020000", "074800.180000", "074801.340000", "074802.500000", "074803.660000", "074804.820000", "074805.980000", "074807.140000", "074808.300000", "074809.460000", "074810.620000", "074811.780000", "074812.940000", "074814.100000", "074815.260000", "074816.420000", "074817.580000", "074818.740000", "074819.900000", "074821.060000", "074822.220000", "074823.380000", "074824.540000", "074825.700000", "074826.860000", "074828.020000", "074829.180000", "074830.340000", "074831.500000", "074832.660000", "074833.820000", "074834.980000", "074836.140000", "074837.300000", "074838.460000", "074839.620000", "074840.780000", "074841.940000", "074843.100000", "074844.260000", "074845.420000", "074846.580000", "074847.740000", "074848.900000", "074850.060000", "074851.220000", "074852.380000", "074853.540000", "074854.700000", "074855.862500", "074857.022500", "074858.182500", "074859.342500", "074900.502500", "074901.662500", "074902.822500", "074903.982500", "074905.142500", "074906.302500", "074907.462500", "074908.622500", "074909.782500", "074910.942500", "074912.102500", "074913.262500", "074914.422500", "074915.582500", "074916.742500", "074917.902500", "074919.062500", "074920.222500", "074921.382500", "074922.542500", "074923.702500", "074924.862500", "074926.022500", "074927.182500", "074928.342500", "074929.502500", "074930.662500", "074931.822500", "074932.982500", "074934.142500", "074935.302500", "074936.462500", "074937.622500", "074938.782500", "074939.942500", "074941.102500", "074942.262500", "074943.422500", "074944.582500", "074945.742500", "074946.902500"], "ContentTime": ["074247.406000", "074253.734000", "074253.734000", "074253.750000", "074253.750000", "074253.750000", "074258.734000", "074258.734000", "074258.750000", "074258.750000", "074303.734000", "074303.734000", "074303.750000", "074308.734000", "074308.734000", "074308.734000", "074308.750000", "074313.734000", "074313.734000", "074313.734000", "074313.750000", "074318.734000", "074318.734000", "074318.734000", "074318.750000", "074323.734000", "074323.750000", "074323.750000", "074323.750000", "074328.734000", "074328.734000", "074328.734000", "074328.750000", "074333.734000", "074333.734000", "074333.734000", "074338.734000", "074338.750000", "074338.750000", "074338.750000", "074343.734000", "074343.734000", "074343.734000", "074343.750000", "074348.734000", "074348.734000", "074348.734000", "074348.750000", "074353.734000", "074353.796000", "074353.796000", "074353.796000", "074358.734000", "074358.734000", "074358.734000", "074403.734000", "074403.734000", "074403.750000", "074403.750000", "074408.734000", "074408.734000", "074408.734000", "074408.750000", "074413.734000", "074413.734000", "074413.734000", "074413.750000", "074418.734000", "074418.734000", "074418.734000", "074423.734000", "074423.734000", "074423.734000", "074423.781000", "074428.734000", "074428.734000", "074428.734000", "074428.750000", "074433.734000", "074433.734000", "074433.734000", "074438.734000", "074438.734000", "074438.734000", "074443.734000", "074443.734000", "074443.734000", "074443.750000", "074448.734000", "074448.734000", "074448.734000", "074448.750000", "074453.734000", "074453.734000", "074453.734000", "074458.734000", "074458.734000", "074458.734000", "074458.750000", "074503.734000", "074503.734000", "074503.734000", "074503.750000", "074508.734000", "074508.750000", "074508.750000", "074513.734000", "074513.734000", "074513.734000", "074513.750000", "074518.734000", "074518.734000", "074518.734000", "074518.750000", "074523.734000", "074523.734000", "074523.750000", "074528.734000", "074528.734000", "074528.734000", "074528.750000", "074533.734000", "074533.734000", "074533.750000", "074533.750000", "074538.734000", "074538.734000", "074538.734000", "074538.750000", "074543.734000", "074543.734000", "074543.734000", "074543.750000", "074548.734000", "074548.750000", "074548.750000", "074553.734000", "074553.734000", "074553.734000", "074553.750000", "074558.734000", "074558.765000", "074558.781000", "074558.781000", "074603.734000", "074603.734000", "074603.734000", "074603.750000", "074608.734000", "074608.734000", "074608.734000", "074613.734000", "074613.734000", "074613.734000", "074613.750000", "074618.734000", "074618.734000", "074618.734000", "074623.734000", "074623.734000", "074623.734000", "074623.750000", "074628.734000", "074628.734000", "074628.734000", "074628.750000", "074633.734000", "074633.734000", "074633.734000", "074633.750000", "074638.734000", "074638.734000", "074638.734000", "074638.750000", "074643.734000", "074643.734000", "074643.734000", "074643.750000", "074648.734000", "074648.734000", "074648.734000", "074648.750000", "074653.734000", "074653.734000", "074653.734000", "074658.734000", "074658.734000", "074658.734000", "074658.750000", "074703.734000", "074703.734000", "074703.734000", "074703.750000", "074708.734000", "074708.734000", "074708.734000", "074708.750000", "074713.734000", "074713.734000", "074713.734000", "074718.734000", "074718.734000", "074718.734000", "074718.750000", "074723.734000", "074723.750000", "074723.750000", "074728.734000", "074728.734000", "074728.734000", "074728.750000", "074733.734000", "074733.734000", "074733.734000", "074733.750000", "074738.734000", "074738.734000", "074738.734000", "074738.750000", "074743.734000", "074743.734000", "074743.734000", "074743.750000", "074748.734000", "074748.734000", "074748.734000", "074753.734000", "074753.734000", "074753.734000", "074753.750000", "074758.734000", "074758.734000", "074758.750000", "074758.750000", "074803.734000", "074803.734000", "074803.750000", "074803.750000", "074808.734000", "074808.734000", "074808.734000", "074808.750000", "074813.734000", "074813.734000", "074813.750000", "074813.750000", "074818.734000", "074818.734000", "074818.734000", "074818.750000", "074823.734000", "074823.734000", "074823.734000", "074828.734000", "074828.734000", "074828.734000", "074828.750000", "074833.734000", "074833.734000", "074833.734000", "074838.734000", "074838.734000", "074838.734000", "074838.750000", "074843.734000", "074843.734000", "074843.734000", "074843.750000", "074848.734000", "074848.734000", "074848.734000", "074853.734000", "074853.734000", "074853.734000", "074853.750000", "074858.734000", "074858.734000", "074858.750000", "074858.750000", "074903.734000", "074903.734000", "074903.734000", "074903.750000", "074908.734000", "074908.734000", "074908.734000", "074913.734000", "074913.734000", "074913.734000", "074913.750000", "074918.734000", "074918.734000", "074918.734000", "074918.750000", "074923.734000", "074923.734000", "074923.734000", "074923.750000", "074928.734000", "074928.734000", "074928.734000", "074933.734000", "074933.734000", "074933.734000", "074933.750000", "074938.734000", "074938.734000", "074938.734000", "074938.750000", "074943.734000", "074943.734000", "074943.734000", "074943.750000", "074948.734000", "074948.734000", "074948.734000", "074953.734000", "074953.734000", "074953.734000", "074953.750000", "074958.750000", "074958.750000", "074958.750000", "074958.750000", "075003.734000", "075003.734000", "075003.734000", "075003.750000", "075008.734000", "075008.734000", "075008.750000", "075008.750000", "075008.750000", "075018.734000", "075018.734000", "075018.734000", "075018.750000", "075018.750000", "075018.750000", "075018.765000", "075018.765000", "075023.734000", "075023.734000", "075023.750000", "075023.750000", "075028.734000", "075028.734000", "075028.750000", "075028.750000", "075033.734000", "075033.734000", "075033.750000", "075033.750000", "075038.734000", "075038.734000", "075038.750000", "075038.750000", "075043.734000", "075043.734000", "075043.750000", "075043.750000", "075048.734000", "075048.734000", "075048.750000", "075048.750000", "075053.734000", "075053.734000", "075053.734000", "075053.750000", "075056.203000", "075056.203000", "075056.218000"], "InstanceCreationTime": ["074247.406000", "074253.734000", "074253.734000", "074253.750000", "074253.750000", "074253.750000", "074258.734000", "074258.734000", "074258.750000", "074258.750000", "074303.734000", "074303.734000", "074303.750000", "074308.734000", "074308.734000", "074308.734000", "074308.750000", "074313.734000", "074313.734000", "074313.734000", "074313.750000", "074318.734000", "074318.734000", "074318.734000", "074318.750000", "074323.734000", "074323.750000", "074323.750000", "074323.750000", "074328.734000", "074328.734000", "074328.734000", "074328.750000", "074333.734000", "074333.734000", "074333.734000", "074338.734000", "074338.750000", "074338.750000", "074338.750000", "074343.734000", "074343.734000", "074343.734000", "074343.750000", "074348.734000", "074348.734000", "074348.734000", "074348.750000", "074353.734000", "074353.796000", "074353.796000", "074353.796000", "074358.734000", "074358.734000", "074358.734000", "074403.734000", "074403.734000", "074403.750000", "074403.750000", "074408.734000", "074408.734000", "074408.734000", "074408.750000", "074413.734000", "074413.734000", "074413.734000", "074413.750000", "074418.734000", "074418.734000", "074418.734000", "074423.734000", "074423.734000", "074423.734000", "074423.781000", "074428.734000", "074428.734000", "074428.734000", "074428.750000", "074433.734000", "074433.734000", "074433.734000", "074438.734000", "074438.734000", "074438.734000", "074443.734000", "074443.734000", "074443.734000", "074443.750000", "074448.734000", "074448.734000", "074448.734000", "074448.750000", "074453.734000", "074453.734000", "074453.734000", "074458.734000", "074458.734000", "074458.734000", "074458.750000", "074503.734000", "074503.734000", "074503.734000", "074503.750000", "074508.734000", "074508.750000", "074508.750000", "074513.734000", "074513.734000", "074513.734000", "074513.750000", "074518.734000", "074518.734000", "074518.734000", "074518.750000", "074523.734000", "074523.734000", "074523.750000", "074528.734000", "074528.734000", "074528.734000", "074528.750000", "074533.734000", "074533.734000", "074533.750000", "074533.750000", "074538.734000", "074538.734000", "074538.734000", "074538.750000", "074543.734000", "074543.734000", "074543.734000", "074543.750000", "074548.734000", "074548.750000", "074548.750000", "074553.734000", "074553.734000", "074553.734000", "074553.750000", "074558.734000", "074558.765000", "074558.781000", "074558.781000", "074603.734000", "074603.734000", "074603.734000", "074603.750000", "074608.734000", "074608.734000", "074608.734000", "074613.734000", "074613.734000", "074613.734000", "074613.750000", "074618.734000", "074618.734000", "074618.734000", "074623.734000", "074623.734000", "074623.734000", "074623.750000", "074628.734000", "074628.734000", "074628.734000", "074628.750000", "074633.734000", "074633.734000", "074633.734000", "074633.750000", "074638.734000", "074638.734000", "074638.734000", "074638.750000", "074643.734000", "074643.734000", "074643.734000", "074643.750000", "074648.734000", "074648.734000", "074648.734000", "074648.750000", "074653.734000", "074653.734000", "074653.734000", "074658.734000", "074658.734000", "074658.734000", "074658.750000", "074703.734000", "074703.734000", "074703.734000", "074703.750000", "074708.734000", "074708.734000", "074708.734000", "074708.750000", "074713.734000", "074713.734000", "074713.734000", "074718.734000", "074718.734000", "074718.734000", "074718.750000", "074723.734000", "074723.750000", "074723.750000", "074728.734000", "074728.734000", "074728.734000", "074728.750000", "074733.734000", "074733.734000", "074733.734000", "074733.750000", "074738.734000", "074738.734000", "074738.734000", "074738.750000", "074743.734000", "074743.734000", "074743.734000", "074743.750000", "074748.734000", "074748.734000", "074748.734000", "074753.734000", "074753.734000", "074753.734000", "074753.750000", "074758.734000", "074758.734000", "074758.750000", "074758.750000", "074803.734000", "074803.734000", "074803.750000", "074803.750000", "074808.734000", "074808.734000", "074808.734000", "074808.750000", "074813.734000", "074813.734000", "074813.750000", "074813.750000", "074818.734000", "074818.734000", "074818.734000", "074818.750000", "074823.734000", "074823.734000", "074823.734000", "074828.734000", "074828.734000", "074828.734000", "074828.750000", "074833.734000", "074833.734000", "074833.734000", "074838.734000", "074838.734000", "074838.734000", "074838.750000", "074843.734000", "074843.734000", "074843.734000", "074843.750000", "074848.734000", "074848.734000", "074848.734000", "074853.734000", "074853.734000", "074853.734000", "074853.750000", "074858.734000", "074858.734000", "074858.750000", "074858.750000", "074903.734000", "074903.734000", "074903.734000", "074903.750000", "074908.734000", "074908.734000", "074908.734000", "074913.734000", "074913.734000", "074913.734000", "074913.750000", "074918.734000", "074918.734000", "074918.734000", "074918.750000", "074923.734000", "074923.734000", "074923.734000", "074923.750000", "074928.734000", "074928.734000", "074928.734000", "074933.734000", "074933.734000", "074933.734000", "074933.750000", "074938.734000", "074938.734000", "074938.734000", "074938.750000", "074943.734000", "074943.734000", "074943.734000", "074943.750000", "074948.734000", "074948.734000", "074948.734000", "074953.734000", "074953.734000", "074953.734000", "074953.750000", "074958.750000", "074958.750000", "074958.750000", "074958.750000", "075003.734000", "075003.734000", "075003.734000", "075003.750000", "075008.734000", "075008.734000", "075008.750000", "075008.750000", "075008.750000", "075018.734000", "075018.734000", "075018.734000", "075018.750000", "075018.750000", "075018.750000", "075018.765000", "075018.765000", "075023.734000", "075023.734000", "075023.750000", "075023.750000", "075028.734000", "075028.734000", "075028.750000", "075028.750000", "075033.734000", "075033.734000", "075033.750000", "075033.750000", "075038.734000", "075038.734000", "075038.750000", "075038.750000", "075043.734000", "075043.734000", "075043.750000", "075043.750000", "075048.734000", "075048.734000", "075048.750000", "075048.750000", "075053.734000", "075053.734000", "075053.734000", "075053.750000", "075056.203000", "075056.203000", "075056.218000"], "InstanceNumber": [1, 2, 3, 4, 5, 6, 7, 8, 9, 10, 11, 12, 13, 14, 15, 16, 17, 18, 19, 20, 21, 22, 23, 24, 25, 26, 27, 28, 29, 30, 31, 32, 33, 34, 35, 36, 37, 38, 39, 40, 41, 42, 43, 44, 45, 46, 47, 48, 49, 50, 51, 52, 53, 54, 55, 56, 57, 58, 59, 60, 61, 62, 63, 64, 65, 66, 67, 68, 69, 70, 71, 72, 73, 74, 75, 76, 77, 78, 79, 80, 81, 82, 83, 84, 85, 86, 87, 88, 89, 90, 91, 92, 93, 94, 95, 96, 97, 98, 99, 100, 101, 102, 103, 104, 105, 106, 107, 108, 109, 110, 111, 112, 113, 114, 115, 116, 117, 118, 119, 120, 121, 122, 123, 124, 125, 126, 127, 128, 129, 130, 131, 132, 133, 134, 135, 136, 137, 138, 139, 140, 141, 142, 143, 144, 145, 146, 147, 148, 149, 150, 151, 152, 153, 154, 155, 156, 157, 158, 159, 160, 161, 162, 163, 164, 165, 166, 167, 168, 169, 170, 171, 172, 173, 174, 175, 176, 177, 178, 179, 180, 181, 182, 183, 184, 185, 186, 187, 188, 189, 190, 191, 192, 193, 194, 195, 196, 197, 198, 199, 200, 201, 202, 203, 204, 205, 206, 207, 208, 209, 210, 211, 212, 213, 214, 215, 216, 217, 218, 219, 220, 221, 222, 223, 224, 225, 226, 227, 228, 229, 230, 231, 232, 233, 234, 235, 236, 237, 238, 239, 240, 241, 242, 243, 244, 245, 246, 247, 248, 249, 250, 251, 252, 253, 254, 255, 256, 257, 258, 259, 260, 261, 262, 263, 264, 265, 266, 267, 268, 269, 270, 271, 272, 273, 274, 275, 276, 277, 278, 279, 280, 281, 282, 283, 284, 285, 286, 287, 288, 289, 290, 291, 292, 293, 294, 295, 296, 297, 298, 299, 300, 301, 302, 303, 304, 305, 306, 307, 308, 309, 310, 311, 312, 313, 314, 315, 316, 317, 318, 319, 320, 321, 322, 323, 324, 325, 326, 327, 328, 329, 330, 331, 332, 333, 334, 335, 336, 337, 338, 339, 340, 341, 342, 343, 344, 345, 346, 347, 348, 349, 350, 351, 352, 353, 354, 355, 356, 357, 358, 359, 360, 361, 362, 363, 364, 365, 366, 367, 368, 369, 370, 371, 372], "LargestImagePixelValue": [31205, 27429, 27003, 25148, 28771, 27414, 30821, 28821, 32683, 29067, 29129, 28607, 28919, 26645, 28999, 24788, 27906, 27956, 28959, 25754, 27041, 28356, 29716, 27786, 27515, 30880, 28960, 24463, 27765, 26776, 29969, 24308, 25548, 26803, 31250, 29620, 24829, 28190, 30204, 28448, 28251, 28752, 25459, 31477, 32641, 29050, 28993, 29501, 28213, 29517, 30381, 27526, 27155, 28327, 23914, 28330, 29068, 31625, 25728, 28763, 28157, 29048, 26097, 29367, 29548, 28520, 30556, 35699, 29698, 31358, 30608, 30350, 28269, 31887, 29656, 31467, 32289, 26702, 28666, 25348, 28546, 30568, 24681, 24257, 26271, 23938, 26620, 27784, 30284, 27865, 28381, 28567, 31664, 29754, 31238, 28099, 31269, 28362, 26910, 35382, 26748, 28156, 29382, 27768, 29701, 31922, 29747, 29584, 32590, 32171, 32793, 30294, 29478, 31033, 28890, 29118, 30117, 29610, 29374, 30856, 30647, 29630, 28508, 27370, 29741, 30398, 28800, 33635, 29747, 29910, 31548, 33481, 30082, 30668, 29699, 30453, 31392, 33726, 28896, 31375, 31330, 29162, 29095, 31515, 29641, 27716, 30123, 30837, 30419, 30888, 30643, 27387, 31595, 30165, 30563, 28576, 31323, 30962, 30155, 30171, 28349, 29281, 29258, 28572, 30589, 30923, 32124, 27209, 31063, 27258, 28866, 28403, 30725, 28447, 30649, 31153, 27398, 27924, 28531, 27211, 30872, 28292, 28006, 26082, 27594, 27483, 26497, 27437, 26684, 29787, 27672, 28970, 25014, 31966, 31258, 30545, 30253, 29875, 29206, 30934, 30431, 31768, 28907, 31335, 29261, 29680, 27734, 27921, 28562, 29618, 26293, 29036, 29974, 27759, 29135, 27891, 28337, 29525, 25613, 28847, 27843, 29465, 29560, 29852, 31325, 30233, 28764, 31623, 29094, 28203, 29416, 30035, 27937, 27150, 30061, 29366, 27622, 28456, 29657, 27465, 29459, 28201, 28588, 26236, 27364, 28503, 27293, 29520, 29476, 27318, 28995, 29739, 28358, 28498, 28067, 28292, 27540, 28915, 27366, 26413, 27387, 25818, 27521, 25344, 27090, 27781, 32225, 28968, 29711, 32039, 27110, 31407, 27652, 27959, 27763, 25991, 27401, 26542, 27123, 26105, 25797, 28362, 28501, 26902, 27959, 27239, 27512, 28201, 36769, 27225, 31859, 28055, 26787, 26761, 26394, 26544, 28375, 27569, 28294, 27549, 26553, 28506, 27222, 28435, 27562, 28651, 30822, 27288, 27280, 28622, 26347, 25841, 30073, 25190, 26878, 25961, 26540, 27663, 26813, 27587, 30149, 27326, 27258, 29786, 26125, 30944, 27492, 25867, 25702, 30936, 31935, 26854, 26813, 24938, 26419, 28393, 26436, 26277, 25273, 25859, 27530, 27733, 26346, 29113, 26854, 28817, 26113, 26034, 28465, 27591, 34959, 29385, 29175, 28025, 28200, 31657, 25263, 26993, 24600, 37796, 31698, 26497, 27663, 28311, 26290, 24928, 27189, 26062, 24211, 27749, 27471, 25140], "WindowCenter": [10032.0, 10025.0, 10020.0, 10018.0, 10025.0, 10014.0, 10024.0, 10006.0, 10022.0, 10003.0, 10010.0, 10005.0, 10005.0, 9995.0, 10016.0, 9995.0, 9999.0, 10010.0, 10017.0, 9995.0, 10011.0, 10018.0, 10029.0, 10018.0, 10024.0, 10051.0, 10032.0, 9994.0, 10001.0, 9985.0, 10015.0, 9991.0, 10001.0, 10021.0, 10024.0, 10025.0, 9992.0, 10021.0, 10019.0, 10016.0, 10010.0, 10016.0, 9998.0, 10008.0, 10026.0, 10004.0, 9990.0, 10012.0, 10005.0, 10023.0, 10010.0, 10007.0, 10016.0, 10011.0, 9991.0, 9994.0, 10004.0, 10022.0, 10005.0, 10039.0, 10014.0, 10026.0, 9992.0, 10015.0, 10019.0, 10014.0, 10020.0, 10025.0, 9998.0, 9995.0, 10007.0, 10003.0, 9999.0, 10011.0, 9991.0, 9998.0, 10019.0, 9979.0, 10006.0, 9996.0, 10011.0, 10016.0, 9984.0, 9995.0, 10010.0, 9988.0, 10002.0, 10007.0, 10012.0, 10010.0, 10012.0, 10009.0, 9998.0, 10016.0, 10013.0, 9982.0, 9992.0, 9989.0, 9962.0, 10005.0, 9982.0, 9982.0, 9998.0, 10010.0, 10008.0, 10013.0, 10021.0, 10016.0, 10033.0, 10027.0, 10018.0, 10009.0, 9993.0, 10013.0, 10000.0, 10002.0, 10002.0, 10011.0, 10007.0, 10025.0, 10001.0, 10007.0, 9998.0, 9994.0, 10009.0, 10029.0, 10016.0, 10030.0, 10011.0, 10007.0, 10014.0, 10014.0, 10004.0, 10004.0, 10016.0, 10019.0, 10020.0, 10013.0, 10012.0, 10011.0, 10006.0, 10018.0, 10001.0, 10024.0, 10012.0, 10011.0, 10013.0, 10011.0, 10014.0, 10013.0, 10017.0, 10018.0, 10018.0, 10010.0, 10018.0, 10003.0, 10020.0, 10010.0, 10006.0, 10013.0, 10008.0, 10021.0, 10015.0, 10000.0, 10005.0, 10009.0, 10006.0, 10002.0, 10016.0, 9994.0, 9983.0, 9987.0, 10012.0, 10001.0, 10016.0, 9995.0, 9994.0, 9976.0, 9961.0, 9972.0, 9992.0, 9972.0, 9986.0, 9992.0, 9983.0, 9997.0, 9995.0, 10002.0, 9997.0, 10020.0, 10004.0, 10003.0, 9988.0, 10014.0, 10029.0, 10009.0, 9999.0, 10003.0, 10003.0, 10020.0, 10014.0, 10007.0, 10009.0, 10019.0, 9995.0, 9994.0, 9999.0, 9984.0, 9965.0, 9977.0, 9979.0, 9980.0, 9994.0, 9984.0, 9986.0, 9978.0, 9987.0, 9995.0, 9977.0, 9996.0, 9998.0, 10011.0, 10004.0, 9993.0, 10016.0, 10002.0, 9986.0, 9996.0, 9984.0, 9991.0, 9993.0, 10010.0, 9999.0, 9988.0, 9997.0, 10008.0, 9980.0, 9995.0, 9993.0, 9985.0, 9991.0, 9973.0, 9984.0, 9966.0, 10003.0, 9994.0, 9985.0, 9988.0, 9981.0, 9988.0, 9990.0, 10014.0, 10003.0, 9992.0, 9983.0, 9985.0, 9984.0, 9982.0, 9998.0, 9982.0, 9984.0, 9990.0, 10006.0, 9978.0, 9993.0, 10001.0, 10014.0, 9998.0, 9987.0, 10006.0, 9980.0, 9982.0, 9982.0, 9973.0, 9962.0, 9973.0, 9972.0, 9971.0, 9982.0, 9958.0, 9970.0, 9975.0, 9981.0, 9988.0, 10000.0, 9999.0, 10010.0, 9988.0, 10012.0, 9982.0, 9984.0, 9966.0, 9962.0, 9979.0, 9969.0, 9988.0, 9987.0, 9987.0, 9993.0, 9979.0, 9985.0, 9980.0, 9990.0, 10011.0, 9998.0, 9991.0, 9994.0, 9992.0, 9975.0, 9990.0, 9972.0, 9957.0, 9975.0, 9965.0, 9969.0, 9976.0, 9982.0, 9980.0, 9983.0, 9981.0, 9990.0, 9968.0, 9976.0, 9966.0, 9970.0, 9990.0, 9973.0, 9980.0, 9981.0, 9999.0, 9986.0, 9982.0, 9983.0, 9953.0, 9976.0, 9979.0, 9970.0, 9981.0, 9965.0, 9979.0, 10005.0, 9986.0, 9981.0, 10000.0, 9972.0, 9997.0, 10005.0, 9993.0, 9994.0, 9994.0, 10035.0, 9989.0, 9984.0, 10000.0, 9991.0, 9980.0, 9970.0, 9981.0, 9969.0, 10018.0, 9984.0, 9972.0, 9958.0, 9951.0, 9944.0, 9939.0, 9973.0, 9975.0, 9958.0, 9983.0, 9970.0, 9950.0], "WindowWidth": [21265.0, 21241.0, 21233.0, 21227.0, 21241.0, 21221.0, 21240.0, 21200.0, 21229.0, 21191.0, 21204.0, 21191.0, 21196.0, 21180.0, 21220.0, 21183.0, 21189.0, 21210.0, 21222.0, 21182.0, 21214.0, 21231.0, 21248.0, 21226.0, 21236.0, 21287.0, 21248.0, 21174.0, 21183.0, 21153.0, 21213.0, 21169.0, 21190.0, 21229.0, 21235.0, 21233.0, 21172.0, 21226.0, 21225.0, 21220.0, 21206.0, 21221.0, 21181.0, 21201.0, 21231.0, 21192.0, 21168.0, 21207.0, 21198.0, 21232.0, 21206.0, 21201.0, 21215.0, 21205.0, 21171.0, 21176.0, 21195.0, 21229.0, 21200.0, 21260.0, 21218.0, 21237.0, 21175.0, 21219.0, 21228.0, 21214.0, 21226.0, 21234.0, 21179.0, 21175.0, 21198.0, 21191.0, 21183.0, 21203.0, 21163.0, 21175.0, 21213.0, 21143.0, 21197.0, 21177.0, 21205.0, 21215.0, 21154.0, 21180.0, 21212.0, 21166.0, 21192.0, 21201.0, 21211.0, 21205.0, 21210.0, 21203.0, 21187.0, 21215.0, 21210.0, 21147.0, 21162.0, 21155.0, 21100.0, 21178.0, 21144.0, 21145.0, 21182.0, 21207.0, 21202.0, 21216.0, 21229.0, 21221.0, 21250.0, 21239.0, 21217.0, 21202.0, 21166.0, 21203.0, 21182.0, 21185.0, 21187.0, 21202.0, 21196.0, 21229.0, 21184.0, 21193.0, 21181.0, 21176.0, 21206.0, 21244.0, 21219.0, 21247.0, 21211.0, 21198.0, 21210.0, 21208.0, 21193.0, 21195.0, 21214.0, 21221.0, 21224.0, 21209.0, 21203.0, 21204.0, 21198.0, 21213.0, 21186.0, 21231.0, 21206.0, 21207.0, 21208.0, 21208.0, 21212.0, 21210.0, 21219.0, 21226.0, 21224.0, 21211.0, 21224.0, 21191.0, 21223.0, 21201.0, 21194.0, 21207.0, 21198.0, 21223.0, 21216.0, 21186.0, 21195.0, 21201.0, 21193.0, 21182.0, 21209.0, 21167.0, 21146.0, 21151.0, 21200.0, 21182.0, 21207.0, 21168.0, 21160.0, 21126.0, 21096.0, 21116.0, 21155.0, 21123.0, 21152.0, 21164.0, 21148.0, 21177.0, 21171.0, 21184.0, 21180.0, 21223.0, 21193.0, 21191.0, 21162.0, 21209.0, 21239.0, 21199.0, 21181.0, 21189.0, 21187.0, 21219.0, 21209.0, 21197.0, 21196.0, 21217.0, 21173.0, 21166.0, 21176.0, 21146.0, 21111.0, 21132.0, 21140.0, 21139.0, 21168.0, 21148.0, 21150.0, 21134.0, 21152.0, 21167.0, 21135.0, 21171.0, 21182.0, 21206.0, 21194.0, 21172.0, 21210.0, 21183.0, 21152.0, 21171.0, 21148.0, 21160.0, 21165.0, 21196.0, 21174.0, 21158.0, 21174.0, 21193.0, 21143.0, 21172.0, 21165.0, 21148.0, 21161.0, 21125.0, 21141.0, 21114.0, 21182.0, 21164.0, 21154.0, 21156.0, 21141.0, 21157.0, 21158.0, 21204.0, 21191.0, 21169.0, 21146.0, 21154.0, 21151.0, 21145.0, 21171.0, 21145.0, 21148.0, 21158.0, 21193.0, 21143.0, 21170.0, 21186.0, 21206.0, 21173.0, 21155.0, 21189.0, 21135.0, 21136.0, 21135.0, 21121.0, 21098.0, 21121.0, 21116.0, 21118.0, 21141.0, 21100.0, 21119.0, 21127.0, 21142.0, 21159.0, 21182.0, 21181.0, 21202.0, 21157.0, 21202.0, 21143.0, 21144.0, 21108.0, 21100.0, 21136.0, 21121.0, 21153.0, 21157.0, 21154.0, 21166.0, 21143.0, 21148.0, 21141.0, 21162.0, 21201.0, 21174.0, 21161.0, 21166.0, 21161.0, 21127.0, 21156.0, 21119.0, 21091.0, 21127.0, 21106.0, 21115.0, 21131.0, 21140.0, 21137.0, 21143.0, 21140.0, 21158.0, 21112.0, 21123.0, 21106.0, 21117.0, 21152.0, 21121.0, 21137.0, 21138.0, 21174.0, 21143.0, 21138.0, 21139.0, 21084.0, 21126.0, 21131.0, 21113.0, 21140.0, 21108.0, 21136.0, 21187.0, 21155.0, 21143.0, 21181.0, 21131.0, 21174.0, 21190.0, 21167.0, 21173.0, 21172.0, 21245.0, 21161.0, 21151.0, 21177.0, 21157.0, 21144.0, 21120.0, 21139.0, 21120.0, 21204.0, 21137.0, 21113.0, 21085.0, 21074.0, 21056.0, 21049.0, 21115.0, 21119.0, 21092.0, 21137.0, 21109.0, 21077.0]}, "slices": {}}}