{"AcquisitionMatrixPE": 96, "AcquisitionNumber": 1, "AcquisitionTime": "07:34:58.625000", "BandwidthPerPixelPhaseEncode": 33.602, "BaseResolution": 96, "BodyPartExamined": "BRAIN", "ConsistencyInfo": "N4_VD13A_LATEST_20120616", "ConversionSoftware": "dcm2niix", "ConversionSoftwareVersion": "v1.0.20210317", "DerivedVendorReportedEchoSpacing": 0.000620003, "DeviceSerialNumber": "45239", "DwellTime": 2.6e-06, "EchoTime": 0.03, "EchoTrainLength": 48, "EffectiveEchoSpacing": 0.000310001, "FlipAngle": 63, "ImageComments": "Unaliased MB4/PE3 SENSE1", "ImageOrientationPatientDICOM": [0.999958, 0.00269489, -0.00872796, -0.0058908, 0.920505, -0.390686], "ImageType": ["ORIGINAL", "PRIMARY", "M", "ND", "MOSAIC"], "ImagingFrequency": 123.193, "InPlanePhaseEncodingDirectionDICOM": "COL", "InstitutionAddress": "E 24th St. 100,Austin,Southmiddle,US,78712", "InstitutionName": "Univ of Texas at Austin", "InstitutionalDepartmentName": "IRC", "MRAcquisitionType": "2D", "MagneticFieldStrength": 3, "Manufacturer": "Siemens", "ManufacturersModelName": "Skyra", "Modality": "MR", "MultibandAccelerationFactor": 4, "ParallelReductionFactorInPlane": 2, "PartialFourier": 1, "PatientPosition": "HFS", "PercentPhaseFOV": 100, "PercentSampling": 100, "PhaseEncodingDirection": "j-", "PhaseEncodingSteps": 96, "PhaseResolution": 1, "PixelBandwidth": 2005, "ProcedureStepDescription": "Poldrack2^self-scanning", "ProtocolName": "Resting State fMRI MBEPI_matrix96_BW2004", "PulseSequenceDetails": "%CustomerSeq%\\cmrr_mbep2d_bold", "ReceiveCoilActiveElements": "HEA;HEP", "ReceiveCoilName": "Head_32", "ReconMatrixPE": 96, "RefLinesPE": 48, "RepetitionTime": 1.16, "SAR": 0.122588, "ScanOptions": "FS", "ScanningSequence": "EP", "SequenceName": "epfid2d1_96", "SequenceVariant": "SK", "SeriesDescription": "Resting State fMRI MBEPI_matrix96_BW2004", "SeriesNumber": 6, "ShimSetting": [-2767, 8020, -15425, -18, -236, 102, 234, -28], "SliceThickness": 2, "SliceTiming": [0, 0.5, 0.9975, 0.3575, 0.855, 0.215, 0.7125, 0.0725, 0.57, 1.07, 0.4275, 0.9275, 0.285, 0.785, 0.1425, 0.6425, 0, 0.5, 0.9975, 0.3575, 0.855, 0.215, 0.7125, 0.0725, 0.57, 1.07, 0.4275, 0.9275, 0.285, 0.785, 0.1425, 0.6425, 0, 0.5, 0.9975, 0.3575, 0.855, 0.215, 0.7125, 0.0725, 0.57, 1.07, 0.4275, 0.9275, 0.285, 0.785, 0.1425, 0.6425, 0, 0.5, 0.9975, 0.3575, 0.855, 0.215, 0.7125, 0.0725, 0.57, 1.07, 0.4275, 0.9275, 0.285, 0.785, 0.1425, 0.6425], "SoftwareVersions": "syngo MR D13", "SpacingBetweenSlices": 2.4, "StationName": "AWP45239", "TaskName": "Resting fmri", "TotalReadoutTime": 0.0294501, "TxRefAmp": 339.885, "WipMemBlock": "1013d436-43ef-4eff-959c-5a98edca6375||Sequence: vd13a/R010 r/5b5bc96; Nov 20 2013 18:17:03 by eja", "dcmmeta_affine": [[-2.39573335647583, -0.01411337498575449, -0.01675504446029663, 118.8540267944336], [-0.00645650876685977, 2.205376386642456, -0.9377318620681763, -93.31539154052734], [-0.020910724997520447, 0.9360197186470032, 2.209157943725586, -66.11933135986328], [0.0, 0.0, 0.0, 1.0]], "dcmmeta_reorient_transform": [[0.0, -1.0, 0.0, 95.0], [1.0, 0.0, 0.0, 0.0], [0.0, 0.0, 1.0, 0.0], [0.0, 0.0, 0.0, 1.0]], "dcmmeta_shape": [96, 96, 64, 518], "dcmmeta_slice_dim": 2, "dcmmeta_version": 0.6, "global": {"const": {"AcquisitionMatrix": [96, 0, 0, 96], "AngioFlag": "N", "BitsAllocated": 16, "BitsStored": 16, "BodyPartExamined": "BRAIN", "Columns": 768, "DeidentificationMethodCodeSequence": [{"CodeMeaning": "XNAT Edit Script", "CodeValue": "93", "CodingSchemeDesignator": "XNAT", "CodingSchemeVersion": "0.1"}], "EchoNumbers": 1, "EchoTime": 30.0, "EchoTrainLength": 48, "FlipAngle": 63.0, "HighBit": 15, "ImageOrientationPatient": [0.99995827930959, 0.00269489067444, -0.0087279553424, -0.0058908002531, 0.92050494893188, -0.3906864951138], "ImagePositionPatient": [-917.73755219976, -859.37121283669, 344.33115909211], "ImageType": ["ORIGINAL", "PRIMARY", "M", "ND", "MOSAIC"], "ImagedNucleus": "1H", "ImagingFrequency": 123.19298, "InPlanePhaseEncodingDirection": "COL", "MRAcquisitionType": "2D", "MagneticFieldStrength": 3.0, "Manufacturer": "SIEMENS", "ManufacturerModelName": "Skyra", "Modality": "MR", "NumberOfAverages": 1.0, "NumberOfPhaseEncodingSteps": 96, "PercentPhaseFieldOfView": 100.0, "PercentSampling": 100.0, "PerformedProcedureStepStartTime": "071351.973000", "PhotometricInterpretation": "MONOCHROME2", "PixelBandwidth": 2005.0, "PixelRepresentation": 0, "PixelSpacing": [2.3958332538605, 2.3958332538605], "ProtocolName": "Resting State fMRI MBEPI_matrix96_BW2004", "RepetitionTime": 1160.0, "Rows": 768, "SAR": 0.12258797274183, "SamplesPerPixel": 1, "ScanOptions": "FS", "ScanningSequence": "EP", "SequenceName": "epfid2d1_96", "SequenceVariant": "SK", "SeriesDescription": "Resting State fMRI MBEPI_matrix96_BW2004", "SeriesNumber": 6, "SeriesTime": "073539.888000", "SliceLocation": -25.231097783252, "SliceThickness": 2.0, "SmallestImagePixelValue": 0, "SoftwareVersions": "syngo MR D13", "SpacingBetweenSlices": 2.4000000295381, "SpecificCharacterSet": "ISO_IR 100", "StudyID": "1", "StudyTime": "071351.909000", "TransmitCoilName": "Body", "VariableFlipAngleFlag": "N", "WindowCenter": 50.0, "WindowCenterWidthExplanation": "WINDOW1", "WindowWidth": 100.0, "dBdt": 0.0}, "slices": {}}, "time": {"samples": {"AcquisitionNumber": [1, 2, 3, 4, 5, 6, 7, 8, 9, 10, 11, 12, 13, 14, 15, 16, 17, 18, 19, 20, 21, 22, 23, 24, 25, 26, 27, 28, 29, 30, 31, 32, 33, 34, 35, 36, 37, 38, 39, 40, 41, 42, 43, 44, 45, 46, 47, 48, 49, 50, 51, 52, 53, 54, 55, 56, 57, 58, 59, 60, 61, 62, 63, 64, 65, 66, 67, 68, 69, 70, 71, 72, 73, 74, 75, 76, 77, 78, 79, 80, 81, 82, 83, 84, 85, 86, 87, 88, 89, 90, 91, 92, 93, 94, 95, 96, 97, 98, 99, 100, 101, 102, 103, 104, 105, 106, 107, 108, 109, 110, 111, 112, 113, 114, 115, 116, 117, 118, 119, 120, 121, 122, 123, 124, 125, 126, 127, 128, 129, 130, 131, 132, 133, 134, 135, 136, 137, 138, 139, 140, 141, 142, 143, 144, 145, 146, 147, 148, 149, 150, 151, 152, 153, 154, 155, 156, 157, 158, 159, 160, 161, 162, 163, 164, 165, 166, 167, 168, 169, 170, 171, 172, 173, 174, 175, 176, 177, 178, 179, 180, 181, 182, 183, 184, 185, 186, 187, 188, 189, 190, 191, 192, 193, 194, 195, 196, 197, 198, 199, 200, 201, 202, 203, 204, 205, 206, 207, 208, 209, 210, 211, 212, 213, 214, 215, 216, 217, 218, 219, 220, 221, 222, 223, 224, 225, 226, 227, 228, 229, 230, 231, 232, 233, 234, 235, 236, 237, 238, 239, 240, 241, 242, 243, 244, 245, 246, 247, 248, 249, 250, 251, 252, 253, 254, 255, 256, 257, 258, 259, 260, 261, 262, 263, 264, 265, 266, 267, 268, 269, 270, 271, 272, 273, 274, 275, 276, 277, 278, 279, 280, 281, 282, 283, 284, 285, 286, 287, 288, 289, 290, 291, 292, 293, 294, 295, 296, 297, 298, 299, 300, 301, 302, 303, 304, 305, 306, 307, 308, 309, 310, 311, 312, 313, 314, 315, 316, 317, 318, 319, 320, 321, 322, 323, 324, 325, 326, 327, 328, 329, 330, 331, 332, 333, 334, 335, 336, 337, 338, 339, 340, 341, 342, 343, 344, 345, 346, 347, 348, 349, 350, 351, 352, 353, 354, 355, 356, 357, 358, 359, 360, 361, 362, 363, 364, 365, 366, 367, 368, 369, 370, 371, 372, 373, 374, 375, 376, 377, 378, 379, 380, 381, 382, 383, 384, 385, 386, 387, 388, 389, 390, 391, 392, 393, 394, 395, 396, 397, 398, 399, 400, 401, 402, 403, 404, 405, 406, 407, 408, 409, 410, 411, 412, 413, 414, 415, 416, 417, 418, 419, 420, 421, 422, 423, 424, 425, 426, 427, 428, 429, 430, 431, 432, 433, 434, 435, 436, 437, 438, 439, 440, 441, 442, 443, 444, 445, 446, 447, 448, 449, 450, 451, 452, 453, 454, 455, 456, 457, 458, 459, 460, 461, 462, 463, 464, 465, 466, 467, 468, 469, 470, 471, 472, 473, 474, 475, 476, 477, 478, 479, 480, 481, 482, 483, 484, 485, 486, 487, 488, 489, 490, 491, 492, 493, 494, 495, 496, 497, 498, 499, 500, 501, 502, 503, 504, 505, 506, 507, 508, 509, 510, 511, 512, 513, 514, 515, 516, 517, 518], "AcquisitionTime": ["073458.625000", "073505.545000", "073506.685000", "073507.825000", "073508.965000", "073510.105000", "073511.245000", "073512.385000", "073513.525000", "073514.665000", "073515.805000", "073516.945000", "073518.085000", "073519.225000", "073520.365000", "073521.505000", "073522.645000", "073523.785000", "073524.925000", "073526.065000", "073527.205000", "073528.345000", "073529.485000", "073530.625000", "073531.765000", "073532.905000", "073534.045000", "073535.185000", "073536.325000", "073537.465000", "073538.605000", "073539.745000", "073540.885000", "073542.025000", "073543.165000", "073544.305000", "073545.445000", "073546.585000", "073547.725000", "073548.865000", "073550.005000", "073551.145000", "073552.285000", "073553.425000", "073554.565000", "073555.705000", "073556.845000", "073557.985000", "073559.125000", "073600.265000", "073601.405000", "073602.545000", "073603.685000", "073604.825000", "073605.965000", "073607.105000", "073608.245000", "073609.385000", "073610.525000", "073611.665000", "073612.805000", "073613.945000", "073615.085000", "073616.225000", "073617.365000", "073618.505000", "073619.645000", "073620.785000", "073621.925000", "073623.065000", "073624.205000", "073625.345000", "073626.485000", "073627.625000", "073628.765000", "073629.905000", "073631.045000", "073632.185000", "073633.325000", "073634.465000", "073635.605000", "073636.745000", "073637.885000", "073639.025000", "073640.165000", "073641.305000", "073642.445000", "073643.585000", "073644.725000", "073645.865000", "073647.005000", "073648.145000", "073649.285000", "073650.425000", "073651.565000", "073652.705000", "073653.845000", "073654.985000", "073656.125000", "073657.265000", "073658.405000", "073659.545000", "073700.685000", "073701.825000", "073702.965000", "073704.105000", "073705.245000", "073706.385000", "073707.525000", "073708.665000", "073709.805000", "073710.945000", "073712.085000", "073713.225000", "073714.365000", "073715.505000", "073716.645000", "073717.785000", "073718.925000", "073720.065000", "073721.205000", "073722.345000", "073723.485000", "073724.625000", "073725.765000", "073726.905000", "073728.045000", "073729.185000", "073730.325000", "073731.465000", "073732.605000", "073733.745000", "073734.885000", "073736.025000", "073737.165000", "073738.305000", "073739.445000", "073740.585000", "073741.725000", "073742.865000", "073744.005000", "073745.145000", "073746.285000", "073747.425000", "073748.565000", "073749.705000", "073750.845000", "073751.985000", "073753.125000", "073754.265000", "073755.405000", "073756.545000", "073757.685000", "073758.825000", "073759.965000", "073801.105000", "073802.245000", "073803.385000", "073804.525000", "073805.665000", "073806.805000", "073807.945000", "073809.085000", "073810.225000", "073811.365000", "073812.505000", "073813.645000", "073814.785000", "073815.925000", "073817.065000", "073818.205000", "073819.345000", "073820.485000", "073821.625000", "073822.765000", "073823.905000", "073825.045000", "073826.185000", "073827.325000", "073828.465000", "073829.605000", "073830.745000", "073831.885000", "073833.025000", "073834.165000", "073835.305000", "073836.445000", "073837.585000", "073838.725000", "073839.865000", "073841.005000", "073842.145000", "073843.285000", "073844.425000", "073845.565000", "073846.705000", "073847.845000", "073848.985000", "073850.125000", "073851.265000", "073852.405000", "073853.545000", "073854.685000", "073855.825000", "073856.965000", "073858.105000", "073859.245000", "073900.385000", "073901.525000", "073902.665000", "073903.805000", "073904.945000", "073906.085000", "073907.225000", "073908.365000", "073909.505000", "073910.645000", "073911.785000", "073912.925000", "073914.065000", "073915.205000", "073916.345000", "073917.485000", "073918.625000", "073919.765000", "073920.905000", "073922.045000", "073923.185000", "073924.325000", "073925.465000", "073926.605000", "073927.745000", "073928.885000", "073930.025000", "073931.165000", "073932.305000", "073933.445000", "073934.585000", "073935.725000", "073936.865000", "073938.005000", "073939.145000", "073940.285000", "073941.425000", "073942.565000", "073943.705000", "073944.845000", "073945.985000", "073947.125000", "073948.265000", "073949.405000", "073950.545000", "073951.685000", "073952.825000", "073953.965000", "073955.105000", "073956.245000", "073957.385000", "073958.525000", "073959.665000", "074000.805000", "074001.945000", "074003.085000", "074004.225000", "074005.365000", "074006.505000", "074007.645000", "074008.785000", "074009.925000", "074011.065000", "074012.205000", "074013.345000", "074014.485000", "074015.625000", "074016.765000", "074017.905000", "074019.045000", "074020.185000", "074021.325000", "074022.465000", "074023.605000", "074024.745000", "074025.885000", "074027.025000", "074028.165000", "074029.305000", "074030.445000", "074031.585000", "074032.725000", "074033.865000", "074035.005000", "074036.145000", "074037.285000", "074038.425000", "074039.565000", "074040.705000", "074041.845000", "074042.985000", "074044.125000", "074045.265000", "074046.405000", "074047.545000", "074048.685000", "074049.825000", "074050.965000", "074052.105000", "074053.245000", "074054.385000", "074055.525000", "074056.665000", "074057.805000", "074058.945000", "074100.085000", "074101.225000", "074102.365000", "074103.505000", "074104.645000", "074105.785000", "074106.925000", "074108.065000", "074109.205000", "074110.345000", "074111.485000", "074112.625000", "074113.765000", "074114.905000", "074116.045000", "074117.185000", "074118.325000", "074119.465000", "074120.605000", "074121.745000", "074122.885000", "074124.025000", "074125.165000", "074126.305000", "074127.445000", "074128.585000", "074129.725000", "074130.865000", "074132.005000", "074133.145000", "074134.285000", "074135.425000", "074136.565000", "074137.705000", "074138.845000", "074139.985000", "074141.125000", "074142.265000", "074143.405000", "074144.545000", "074145.685000", "074146.825000", "074147.965000", "074149.105000", "074150.245000", "074151.385000", "074152.525000", "074153.665000", "074154.805000", "074155.945000", "074157.085000", "074158.225000", "074159.365000", "074200.505000", "074201.645000", "074202.785000", "074203.925000", "074205.065000", "074206.205000", "074207.345000", "074208.485000", "074209.625000", "074210.765000", "074211.905000", "074213.045000", "074214.185000", "074215.325000", "074216.465000", "074217.605000", "074218.745000", "074219.885000", "074221.025000", "074222.165000", "074223.305000", "074224.445000", "074225.585000", "074226.725000", "074227.865000", "074229.005000", "074230.145000", "074231.285000", "074232.425000", "074233.565000", "074234.705000", "074235.845000", "074236.985000", "074238.125000", "074239.265000", "074240.405000", "074241.545000", "074242.685000", "074243.825000", "074244.965000", "074246.105000", "074247.245000", "074248.385000", "074249.525000", "074250.665000", "074251.805000", "074252.945000", "074254.085000", "074255.225000", "074256.365000", "074257.505000", "074258.645000", "074259.785000", "074300.925000", "074302.065000", "074303.205000", "074304.345000", "074305.485000", "074306.625000", "074307.765000", "074308.905000", "074310.045000", "074311.185000", "074312.325000", "074313.465000", "074314.605000", "074315.745000", "074316.885000", "074318.025000", "074319.165000", "074320.305000", "074321.445000", "074322.585000", "074323.725000", "074324.865000", "074326.005000", "074327.145000", "074328.285000", "074329.425000", "074330.565000", "074331.705000", "074332.845000", "074333.985000", "074335.125000", "074336.265000", "074337.405000", "074338.545000", "074339.685000", "074340.825000", "074341.965000", "074343.105000", "074344.245000", "074345.385000", "074346.525000", "074347.665000", "074348.805000", "074349.945000", "074351.085000", "074352.225000", "074353.365000", "074354.505000", "074355.645000", "074356.785000", "074357.925000", "074359.065000", "074400.205000", "074401.345000", "074402.485000", "074403.625000", "074404.765000", "074405.905000", "074407.045000", "074408.185000", "074409.325000", "074410.465000", "074411.605000", "074412.745000", "074413.885000", "074415.025000", "074416.165000", "074417.305000", "074418.445000", "074419.585000", "074420.725000", "074421.865000", "074423.005000", "074424.145000", "074425.285000", "074426.425000", "074427.565000", "074428.705000", "074429.845000", "074430.985000", "074432.125000", "074433.265000", "074434.405000", "074435.545000", "074436.685000", "074437.825000", "074438.965000", "074440.105000", "074441.245000", "074442.385000", "074443.525000", "074444.665000", "074445.805000", "074446.945000", "074448.085000", "074449.225000", "074450.365000", "074451.505000", "074452.645000", "074453.785000"], "ContentTime": ["073539.894000", "073539.898000", "073539.902000", "073539.906000", "073539.909000", "073539.913000", "073539.917000", "073539.921000", "073539.929000", "073539.933000", "073539.937000", "073539.940000", "073539.944000", "073539.948000", "073539.952000", "073539.957000", "073539.961000", "073539.965000", "073539.969000", "073539.973000", "073539.976000", "073539.980000", "073539.984000", "073539.988000", "073539.992000", "073619.842000", "073619.847000", "073619.851000", "073619.855000", "073619.859000", "073619.863000", "073619.867000", "073619.871000", "073619.880000", "073619.885000", "073619.889000", "073619.893000", "073619.898000", "073619.902000", "073619.906000", "073619.911000", "073619.915000", "073619.919000", "073619.923000", "073619.927000", "073619.932000", "073619.936000", "073619.940000", "073619.945000", "073619.948000", "073619.952000", "073619.956000", "073619.960000", "073619.963000", "073619.967000", "073619.970000", "073619.974000", "073619.978000", "073619.981000", "073619.985000", "073619.989000", "073619.992000", "073619.996000", "073659.840000", "073659.845000", "073659.848000", "073659.852000", "073659.856000", "073659.860000", "073659.864000", "073659.868000", "073659.871000", "073659.875000", "073659.879000", "073659.882000", "073659.886000", "073659.890000", "073659.894000", "073659.898000", "073659.902000", "073659.906000", "073659.910000", "073659.914000", "073659.918000", "073659.923000", "073659.927000", "073659.932000", "073659.936000", "073659.941000", "073659.945000", "073659.949000", "073659.954000", "073659.958000", "073659.966000", "073659.971000", "073659.975000", "073659.979000", "073659.984000", "073659.988000", "073659.993000", "073739.842000", "073739.847000", "073739.850000", "073739.854000", "073739.858000", "073739.862000", "073739.866000", "073739.870000", "073739.873000", "073739.877000", "073739.881000", "073739.885000", "073739.889000", "073739.893000", "073739.897000", "073739.901000", "073739.905000", "073739.909000", "073739.912000", "073739.916000", "073739.920000", "073739.924000", "073739.928000", "073739.932000", "073739.935000", "073739.939000", "073739.943000", "073739.947000", "073739.950000", "073739.954000", "073739.958000", "073739.962000", "073739.966000", "073739.971000", "073739.975000", "073759.843000", "073759.847000", "073759.851000", "073759.855000", "073759.858000", "073759.862000", "073759.866000", "073759.870000", "073759.873000", "073759.877000", "073759.881000", "073759.885000", "073759.889000", "073759.893000", "073759.896000", "073759.900000", "073759.904000", "073759.907000", "073839.842000", "073839.847000", "073839.850000", "073839.854000", "073839.858000", "073839.861000", "073839.865000", "073839.869000", "073839.873000", "073839.876000", "073839.880000", "073839.884000", "073839.888000", "073839.892000", "073839.896000", "073839.900000", "073839.903000", "073839.907000", "073839.911000", "073839.915000", "073839.929000", "073839.934000", "073839.938000", "073839.941000", "073839.945000", "073839.949000", "073839.953000", "073839.957000", "073839.961000", "073839.965000", "073839.968000", "073839.972000", "073839.976000", "073839.980000", "073839.984000", "073919.840000", "073919.844000", "073919.847000", "073919.851000", "073919.855000", "073919.859000", "073919.862000", "073919.866000", "073919.870000", "073919.874000", "073919.878000", "073919.882000", "073919.886000", "073919.889000", "073919.893000", "073919.896000", "073919.900000", "073919.904000", "073919.908000", "073919.912000", "073919.916000", "073919.919000", "073919.923000", "073919.927000", "073919.930000", "073919.934000", "073919.937000", "073919.941000", "073919.946000", "073919.950000", "073919.954000", "073919.958000", "073919.961000", "073919.965000", "073919.969000", "073959.842000", "073959.846000", "073959.851000", "073959.855000", "073959.858000", "073959.862000", "073959.866000", "073959.870000", "073959.873000", "073959.877000", "073959.881000", "073959.885000", "073959.889000", "073959.893000", "073959.896000", "073959.900000", "073959.904000", "073959.908000", "073959.911000", "073959.916000", "073959.920000", "073959.923000", "073959.927000", "073959.931000", "073959.935000", "073959.939000", "073959.943000", "073959.947000", "073959.951000", "073959.955000", "073959.959000", "073959.963000", "073959.967000", "073959.971000", "073959.974000", "074039.842000", "074039.847000", "074039.850000", "074039.854000", "074039.858000", "074039.862000", "074039.866000", "074039.870000", "074039.873000", "074039.877000", "074039.881000", "074039.885000", "074039.889000", "074039.892000", "074039.896000", "074039.900000", "074039.904000", "074039.908000", "074039.912000", "074039.916000", "074039.920000", "074039.923000", "074039.927000", "074039.931000", "074039.935000", "074039.939000", "074039.942000", "074039.946000", "074039.950000", "074039.954000", "074039.958000", "074039.961000", "074039.965000", "074039.969000", "074039.973000", "074119.843000", "074119.848000", "074119.852000", "074119.856000", "074119.859000", "074119.863000", "074119.867000", "074119.871000", "074119.875000", "074119.879000", "074119.883000", "074119.887000", "074119.891000", "074119.895000", "074119.899000", "074119.903000", "074119.907000", "074119.911000", "074119.915000", "074119.918000", "074119.922000", "074119.926000", "074119.930000", "074119.934000", "074119.937000", "074119.941000", "074119.945000", "074119.949000", "074119.952000", "074119.956000", "074119.960000", "074119.964000", "074119.968000", "074119.972000", "074119.975000", "074159.842000", "074159.846000", "074159.850000", "074159.854000", "074159.858000", "074159.862000", "074159.866000", "074159.870000", "074159.874000", "074159.878000", "074159.882000", "074159.886000", "074159.890000", "074159.894000", "074159.898000", "074159.902000", "074159.905000", "074159.909000", "074159.913000", "074159.917000", "074159.921000", "074159.925000", "074159.929000", "074159.933000", "074159.937000", "074159.941000", "074159.945000", "074159.949000", "074159.952000", "074159.956000", "074159.961000", "074159.966000", "074159.989000", "074159.993000", "074159.996000", "074239.845000", "074239.849000", "074239.853000", "074239.857000", "074239.861000", "074239.865000", "074239.868000", "074239.872000", "074239.876000", "074239.880000", "074239.884000", "074239.888000", "074239.892000", "074239.895000", "074239.899000", "074239.903000", "074239.907000", "074239.911000", "074239.914000", "074239.918000", "074239.922000", "074239.926000", "074239.930000", "074239.934000", "074239.938000", "074239.942000", "074239.945000", "074239.949000", "074239.954000", "074239.958000", "074239.961000", "074239.965000", "074239.969000", "074239.973000", "074239.977000", "074319.841000", "074319.845000", "074319.849000", "074319.853000", "074319.856000", "074319.860000", "074319.864000", "074319.868000", "074319.872000", "074319.876000", "074319.880000", "074319.884000", "074319.888000", "074319.892000", "074319.896000", "074319.899000", "074319.903000", "074319.907000", "074319.911000", "074319.915000", "074319.919000", "074319.922000", "074319.926000", "074319.930000", "074319.934000", "074319.938000", "074319.942000", "074319.946000", "074319.950000", "074319.954000", "074319.958000", "074319.962000", "074319.966000", "074319.970000", "074319.974000", "074359.841000", "074359.846000", "074359.850000", "074359.853000", "074359.857000", "074359.861000", "074359.865000", "074359.869000", "074359.873000", "074359.877000", "074359.880000", "074359.884000", "074359.888000", "074359.892000", "074359.896000", "074359.900000", "074359.903000", "074359.907000", "074359.911000", "074359.915000", "074359.918000", "074359.922000", "074359.932000", "074359.936000", "074359.939000", "074359.943000", "074359.947000", "074359.951000", "074359.955000", "074359.959000", "074359.962000", "074359.966000", "074359.970000", "074359.974000", "074359.978000", "074359.982000", "074439.842000", "074439.847000", "074439.851000", "074439.855000", "074439.858000", "074439.862000", "074439.866000", "074439.870000", "074439.873000", "074439.877000", "074439.881000", "074439.885000", "074439.888000", "074439.892000", "074439.896000", "074439.899000", "074439.903000", "074439.907000", "074439.911000", "074439.915000", "074439.918000", "074439.922000", "074439.926000", "074439.930000", "074439.934000", "074439.937000", "074439.941000", "074439.945000", "074439.949000", "074439.953000", "074439.956000", "074439.960000", "074439.964000", "074439.968000", "074439.971000", "074455.511000", "074455.516000", "074455.519000", "074455.524000", "074455.528000", "074455.534000", "074455.539000", "074455.543000", "074455.547000", "074455.551000", "074455.555000", "074455.559000", "074455.564000", "074455.569000"], "InstanceCreationTime": ["073539.894000", "073539.898000", "073539.902000", "073539.906000", "073539.909000", "073539.913000", "073539.917000", "073539.921000", "073539.929000", "073539.933000", "073539.937000", "073539.940000", "073539.944000", "073539.948000", "073539.952000", "073539.957000", "073539.961000", "073539.965000", "073539.969000", "073539.973000", "073539.976000", "073539.980000", "073539.984000", "073539.988000", "073539.992000", "073619.842000", "073619.847000", "073619.851000", "073619.855000", "073619.859000", "073619.863000", "073619.867000", "073619.871000", "073619.880000", "073619.885000", "073619.889000", "073619.893000", "073619.898000", "073619.902000", "073619.906000", "073619.911000", "073619.915000", "073619.919000", "073619.923000", "073619.927000", "073619.932000", "073619.936000", "073619.940000", "073619.945000", "073619.948000", "073619.952000", "073619.956000", "073619.960000", "073619.963000", "073619.967000", "073619.970000", "073619.974000", "073619.978000", "073619.981000", "073619.985000", "073619.989000", "073619.992000", "073619.996000", "073659.840000", "073659.845000", "073659.848000", "073659.852000", "073659.856000", "073659.860000", "073659.864000", "073659.868000", "073659.871000", "073659.875000", "073659.879000", "073659.882000", "073659.886000", "073659.890000", "073659.894000", "073659.898000", "073659.902000", "073659.906000", "073659.910000", "073659.914000", "073659.918000", "073659.923000", "073659.927000", "073659.932000", "073659.936000", "073659.941000", "073659.945000", "073659.949000", "073659.954000", "073659.958000", "073659.966000", "073659.971000", "073659.975000", "073659.979000", "073659.984000", "073659.988000", "073659.993000", "073739.842000", "073739.847000", "073739.850000", "073739.854000", "073739.858000", "073739.862000", "073739.866000", "073739.870000", "073739.873000", "073739.877000", "073739.881000", "073739.885000", "073739.889000", "073739.893000", "073739.897000", "073739.901000", "073739.905000", "073739.909000", "073739.912000", "073739.916000", "073739.920000", "073739.924000", "073739.928000", "073739.932000", "073739.935000", "073739.939000", "073739.943000", "073739.947000", "073739.950000", "073739.954000", "073739.958000", "073739.962000", "073739.966000", "073739.971000", "073739.975000", "073759.843000", "073759.847000", "073759.851000", "073759.855000", "073759.858000", "073759.862000", "073759.866000", "073759.870000", "073759.873000", "073759.877000", "073759.881000", "073759.885000", "073759.889000", "073759.893000", "073759.896000", "073759.900000", "073759.904000", "073759.907000", "073839.842000", "073839.847000", "073839.850000", "073839.854000", "073839.858000", "073839.861000", "073839.865000", "073839.869000", "073839.873000", "073839.876000", "073839.880000", "073839.884000", "073839.888000", "073839.892000", "073839.896000", "073839.900000", "073839.903000", "073839.907000", "073839.911000", "073839.915000", "073839.929000", "073839.934000", "073839.938000", "073839.941000", "073839.945000", "073839.949000", "073839.953000", "073839.957000", "073839.961000", "073839.965000", "073839.968000", "073839.972000", "073839.976000", "073839.980000", "073839.984000", "073919.840000", "073919.844000", "073919.847000", "073919.851000", "073919.855000", "073919.859000", "073919.862000", "073919.866000", "073919.870000", "073919.874000", "073919.878000", "073919.882000", "073919.886000", "073919.889000", "073919.893000", "073919.896000", "073919.900000", "073919.904000", "073919.908000", "073919.912000", "073919.916000", "073919.919000", "073919.923000", "073919.927000", "073919.930000", "073919.934000", "073919.937000", "073919.941000", "073919.946000", "073919.950000", "073919.954000", "073919.958000", "073919.961000", "073919.965000", "073919.969000", "073959.842000", "073959.846000", "073959.851000", "073959.855000", "073959.858000", "073959.862000", "073959.866000", "073959.870000", "073959.873000", "073959.877000", "073959.881000", "073959.885000", "073959.889000", "073959.893000", "073959.896000", "073959.900000", "073959.904000", "073959.908000", "073959.911000", "073959.916000", "073959.920000", "073959.923000", "073959.927000", "073959.931000", "073959.935000", "073959.939000", "073959.943000", "073959.947000", "073959.951000", "073959.955000", "073959.959000", "073959.963000", "073959.967000", "073959.971000", "073959.974000", "074039.842000", "074039.847000", "074039.850000", "074039.854000", "074039.858000", "074039.862000", "074039.866000", "074039.870000", "074039.873000", "074039.877000", "074039.881000", "074039.885000", "074039.889000", "074039.892000", "074039.896000", "074039.900000", "074039.904000", "074039.908000", "074039.912000", "074039.916000", "074039.920000", "074039.923000", "074039.927000", "074039.931000", "074039.935000", "074039.939000", "074039.942000", "074039.946000", "074039.950000", "074039.954000", "074039.958000", "074039.961000", "074039.965000", "074039.969000", "074039.973000", "074119.843000", "074119.848000", "074119.852000", "074119.856000", "074119.859000", "074119.863000", "074119.867000", "074119.871000", "074119.875000", "074119.879000", "074119.883000", "074119.887000", "074119.891000", "074119.895000", "074119.899000", "074119.903000", "074119.907000", "074119.911000", "074119.915000", "074119.918000", "074119.922000", "074119.926000", "074119.930000", "074119.934000", "074119.937000", "074119.941000", "074119.945000", "074119.949000", "074119.952000", "074119.956000", "074119.960000", "074119.964000", "074119.968000", "074119.972000", "074119.975000", "074159.842000", "074159.846000", "074159.850000", "074159.854000", "074159.858000", "074159.862000", "074159.866000", "074159.870000", "074159.874000", "074159.878000", "074159.882000", "074159.886000", "074159.890000", "074159.894000", "074159.898000", "074159.902000", "074159.905000", "074159.909000", "074159.913000", "074159.917000", "074159.921000", "074159.925000", "074159.929000", "074159.933000", "074159.937000", "074159.941000", "074159.945000", "074159.949000", "074159.952000", "074159.956000", "074159.961000", "074159.966000", "074159.989000", "074159.993000", "074159.996000", "074239.845000", "074239.849000", "074239.853000", "074239.857000", "074239.861000", "074239.865000", "074239.868000", "074239.872000", "074239.876000", "074239.880000", "074239.884000", "074239.888000", "074239.892000", "074239.895000", "074239.899000", "074239.903000", "074239.907000", "074239.911000", "074239.914000", "074239.918000", "074239.922000", "074239.926000", "074239.930000", "074239.934000", "074239.938000", "074239.942000", "074239.945000", "074239.949000", "074239.954000", "074239.958000", "074239.961000", "074239.965000", "074239.969000", "074239.973000", "074239.977000", "074319.841000", "074319.845000", "074319.849000", "074319.853000", "074319.856000", "074319.860000", "074319.864000", "074319.868000", "074319.872000", "074319.876000", "074319.880000", "074319.884000", "074319.888000", "074319.892000", "074319.896000", "074319.899000", "074319.903000", "074319.907000", "074319.911000", "074319.915000", "074319.919000", "074319.922000", "074319.926000", "074319.930000", "074319.934000", "074319.938000", "074319.942000", "074319.946000", "074319.950000", "074319.954000", "074319.958000", "074319.962000", "074319.966000", "074319.970000", "074319.974000", "074359.841000", "074359.846000", "074359.850000", "074359.853000", "074359.857000", "074359.861000", "074359.865000", "074359.869000", "074359.873000", "074359.877000", "074359.880000", "074359.884000", "074359.888000", "074359.892000", "074359.896000", "074359.900000", "074359.903000", "074359.907000", "074359.911000", "074359.915000", "074359.918000", "074359.922000", "074359.932000", "074359.936000", "074359.939000", "074359.943000", "074359.947000", "074359.951000", "074359.955000", "074359.959000", "074359.962000", "074359.966000", "074359.970000", "074359.974000", "074359.978000", "074359.982000", "074439.842000", "074439.847000", "074439.851000", "074439.855000", "074439.858000", "074439.862000", "074439.866000", "074439.870000", "074439.873000", "074439.877000", "074439.881000", "074439.885000", "074439.888000", "074439.892000", "074439.896000", "074439.899000", "074439.903000", "074439.907000", "074439.911000", "074439.915000", "074439.918000", "074439.922000", "074439.926000", "074439.930000", "074439.934000", "074439.937000", "074439.941000", "074439.945000", "074439.949000", "074439.953000", "074439.956000", "074439.960000", "074439.964000", "074439.968000", "074439.971000", "074455.511000", "074455.516000", "074455.519000", "074455.524000", "074455.528000", "074455.534000", "074455.539000", "074455.543000", "074455.547000", "074455.551000", "074455.555000", "074455.559000", "074455.564000", "074455.569000"], "InstanceNumber": [1, 2, 3, 4, 5, 6, 7, 8, 9, 10, 11, 12, 13, 14, 15, 16, 17, 18, 19, 20, 21, 22, 23, 24, 25, 26, 27, 28, 29, 30, 31, 32, 33, 34, 35, 36, 37, 38, 39, 40, 41, 42, 43, 44, 45, 46, 47, 48, 49, 50, 51, 52, 53, 54, 55, 56, 57, 58, 59, 60, 61, 62, 63, 64, 65, 66, 67, 68, 69, 70, 71, 72, 73, 74, 75, 76, 77, 78, 79, 80, 81, 82, 83, 84, 85, 86, 87, 88, 89, 90, 91, 92, 93, 94, 95, 96, 97, 98, 99, 100, 101, 102, 103, 104, 105, 106, 107, 108, 109, 110, 111, 112, 113, 114, 115, 116, 117, 118, 119, 120, 121, 122, 123, 124, 125, 126, 127, 128, 129, 130, 131, 132, 133, 134, 135, 136, 137, 138, 139, 140, 141, 142, 143, 144, 145, 146, 147, 148, 149, 150, 151, 152, 153, 154, 155, 156, 157, 158, 159, 160, 161, 162, 163, 164, 165, 166, 167, 168, 169, 170, 171, 172, 173, 174, 175, 176, 177, 178, 179, 180, 181, 182, 183, 184, 185, 186, 187, 188, 189, 190, 191, 192, 193, 194, 195, 196, 197, 198, 199, 200, 201, 202, 203, 204, 205, 206, 207, 208, 209, 210, 211, 212, 213, 214, 215, 216, 217, 218, 219, 220, 221, 222, 223, 224, 225, 226, 227, 228, 229, 230, 231, 232, 233, 234, 235, 236, 237, 238, 239, 240, 241, 242, 243, 244, 245, 246, 247, 248, 249, 250, 251, 252, 253, 254, 255, 256, 257, 258, 259, 260, 261, 262, 263, 264, 265, 266, 267, 268, 269, 270, 271, 272, 273, 274, 275, 276, 277, 278, 279, 280, 281, 282, 283, 284, 285, 286, 287, 288, 289, 290, 291, 292, 293, 294, 295, 296, 297, 298, 299, 300, 301, 302, 303, 304, 305, 306, 307, 308, 309, 310, 311, 312, 313, 314, 315, 316, 317, 318, 319, 320, 321, 322, 323, 324, 325, 326, 327, 328, 329, 330, 331, 332, 333, 334, 335, 336, 337, 338, 339, 340, 341, 342, 343, 344, 345, 346, 347, 348, 349, 350, 351, 352, 353, 354, 355, 356, 357, 358, 359, 360, 361, 362, 363, 364, 365, 366, 367, 368, 369, 370, 371, 372, 373, 374, 375, 376, 377, 378, 379, 380, 381, 382, 383, 384, 385, 386, 387, 388, 389, 390, 391, 392, 393, 394, 395, 396, 397, 398, 399, 400, 401, 402, 403, 404, 405, 406, 407, 408, 409, 410, 411, 412, 413, 414, 415, 416, 417, 418, 419, 420, 421, 422, 423, 424, 425, 426, 427, 428, 429, 430, 431, 432, 433, 434, 435, 436, 437, 438, 439, 440, 441, 442, 443, 444, 445, 446, 447, 448, 449, 450, 451, 452, 453, 454, 455, 456, 457, 458, 459, 460, 461, 462, 463, 464, 465, 466, 467, 468, 469, 470, 471, 472, 473, 474, 475, 476, 477, 478, 479, 480, 481, 482, 483, 484, 485, 486, 487, 488, 489, 490, 491, 492, 493, 494, 495, 496, 497, 498, 499, 500, 501, 502, 503, 504, 505, 506, 507, 508, 509, 510, 511, 512, 513, 514, 515, 516, 517, 518], "LargestImagePixelValue": [259, 251, 246, 245, 242, 242, 241, 242, 240, 239, 239, 240, 239, 239, 240, 240, 239, 237, 240, 239, 241, 240, 239, 239, 239, 238, 239, 239, 239, 241, 236, 237, 239, 239, 238, 240, 238, 237, 238, 239, 238, 239, 239, 238, 236, 237, 238, 238, 239, 240, 236, 239, 237, 239, 241, 239, 242, 238, 238, 235, 237, 236, 240, 240, 235, 237, 239, 237, 242, 237, 237, 238, 236, 237, 237, 241, 237, 238, 238, 237, 239, 238, 237, 234, 236, 237, 238, 238, 236, 235, 237, 237, 239, 235, 234, 237, 239, 236, 237, 236, 239, 237, 235, 237, 235, 237, 240, 238, 235, 236, 235, 236, 236, 238, 236, 234, 235, 238, 238, 240, 239, 234, 234, 238, 238, 239, 238, 235, 236, 240, 237, 240, 241, 239, 237, 238, 237, 237, 237, 238, 236, 237, 235, 236, 238, 238, 238, 237, 235, 236, 235, 233, 239, 238, 234, 234, 234, 234, 236, 235, 234, 234, 234, 233, 235, 237, 235, 234, 234, 236, 236, 235, 235, 235, 235, 235, 237, 236, 236, 236, 237, 237, 234, 232, 235, 234, 235, 236, 235, 235, 235, 236, 236, 234, 234, 234, 235, 235, 237, 232, 233, 235, 236, 238, 238, 236, 234, 234, 233, 237, 233, 234, 236, 236, 234, 236, 235, 236, 234, 235, 237, 236, 236, 235, 234, 234, 235, 234, 234, 233, 237, 233, 235, 236, 236, 235, 235, 234, 235, 234, 235, 236, 234, 233, 234, 234, 234, 234, 234, 235, 234, 233, 238, 234, 236, 237, 236, 235, 233, 235, 234, 235, 236, 236, 236, 235, 234, 237, 233, 235, 234, 236, 233, 237, 238, 237, 236, 236, 236, 235, 235, 238, 234, 236, 236, 235, 236, 237, 237, 235, 236, 234, 239, 236, 236, 235, 237, 235, 236, 235, 235, 236, 238, 235, 238, 235, 234, 237, 237, 236, 236, 233, 236, 238, 236, 237, 237, 234, 238, 235, 235, 237, 236, 237, 236, 234, 239, 236, 238, 235, 234, 237, 237, 235, 237, 236, 236, 234, 234, 236, 233, 234, 233, 235, 234, 233, 235, 233, 234, 232, 234, 233, 234, 233, 233, 233, 237, 236, 235, 246, 237, 236, 235, 235, 237, 236, 236, 235, 236, 236, 234, 236, 235, 235, 237, 238, 235, 233, 233, 236, 236, 236, 236, 235, 236, 237, 236, 234, 238, 236, 236, 235, 232, 238, 237, 237, 237, 238, 240, 236, 235, 234, 236, 238, 235, 235, 236, 236, 238, 235, 234, 236, 237, 235, 233, 235, 237, 237, 237, 235, 238, 237, 236, 238, 234, 234, 235, 236, 235, 234, 236, 236, 235, 235, 234, 237, 238, 237, 235, 236, 237, 237, 236, 234, 235, 237, 237, 236, 236, 235, 234, 236, 237, 235, 237, 234, 238, 235, 236, 234, 236, 238, 238, 236, 234, 234, 236, 235, 236, 236, 236, 234, 236, 237, 238, 235, 234, 237, 236, 236, 234, 235, 235, 235, 237, 233, 235, 235, 234, 235, 237, 236, 237, 233, 234, 235, 234, 238, 237, 236, 235, 236, 236, 236, 234, 236, 235, 233, 237, 236, 237, 236, 235, 235, 238, 239, 237, 235]}, "slices": {}}}