{"AcquisitionMatrixPE": 96, "AcquisitionNumber": 1, "AcquisitionTime": "07:34:58.625000", "BandwidthPerPixelPhaseEncode": 33.602, "BaseResolution": 96, "BodyPartExamined": "BRAIN", "ConsistencyInfo": "N4_VD13A_LATEST_20120616", "ConversionSoftware": "dcm2niix", "ConversionSoftwareVersion": "v1.0.20210317", "DerivedVendorReportedEchoSpacing": 0.000620003, "DeviceSerialNumber": "45239", "DwellTime": 2.6e-06, "EchoTime": 0.03, "EchoTrainLength": 48, "EffectiveEchoSpacing": 0.000310001, "FlipAngle": 63, "ImageComments": "Unaliased MB4/PE3 SENSE1\r\nself-tracking_0093/19670514/self-tracking_0093/2", "ImageOrientationPatientDICOM": [0.999958, 0.00269489, -0.00872796, -0.0058908, 0.920505, -0.390686], "ImageType": ["ORIGINAL", "PRIMARY", "M", "ND", "MOSAIC"], "ImagingFrequency": 123.193, "InPlanePhaseEncodingDirectionDICOM": "COL", "InstitutionAddress": "E 24th St. 100,Austin,Southmiddle,US,78712", "InstitutionName": "Univ of Texas at Austin", "InstitutionalDepartmentName": "IRC", "MRAcquisitionType": "2D", "MagneticFieldStrength": 3, "Manufacturer": "Siemens", "ManufacturersModelName": "Skyra", "Modality": "MR", "MultibandAccelerationFactor": 4, "ParallelReductionFactorInPlane": 2, "PartialFourier": 1, "PatientPosition": "HFS", "PercentPhaseFOV": 100, "PercentSampling": 100, "PhaseEncodingDirection": "j-", "PhaseEncodingSteps": 96, "PhaseResolution": 1, "PixelBandwidth": 2005, "ProcedureStepDescription": "Poldrack2^self-scanning", "ProtocolName": "Resting State fMRI MBEPI_matrix96_BW2004", "PulseSequenceDetails": "%CustomerSeq%\\cmrr_mbep2d_bold", "ReceiveCoilActiveElements": "HEA;HEP", "ReceiveCoilName": "Head_32", "ReconMatrixPE": 96, "RefLinesPE": 48, "RepetitionTime": 1.16, "ScanOptions": "FS", "ScanningSequence": "EP", "SequenceName": "epfid2d1_96", "SequenceVariant": "SK", "SeriesDescription": "Resting State fMRI MBEPI_matrix96_BW2004_RR_RR", "SeriesNumber": 12, "ShimSetting": [-2767, 8020, -15425, -18, -236, 102, 234, -28], "SliceThickness": 2, "SliceTiming": [0, 0.5, 0.9975, 0.3575, 0.855, 0.215, 0.7125, 0.0725, 0.57, 1.07, 0.4275, 0.9275, 0.285, 0.785, 0.1425, 0.6425, 0, 0.5, 0.9975, 0.3575, 0.855, 0.215, 0.7125, 0.0725, 0.57, 1.07, 0.4275, 0.9275, 0.285, 0.785, 0.1425, 0.6425, 0, 0.5, 0.9975, 0.3575, 0.855, 0.215, 0.7125, 0.0725, 0.57, 1.07, 0.4275, 0.9275, 0.285, 0.785, 0.1425, 0.6425, 0, 0.5, 0.9975, 0.3575, 0.855, 0.215, 0.7125, 0.0725, 0.57, 1.07, 0.4275, 0.9275, 0.285, 0.785, 0.1425, 0.6425], "SoftwareVersions": "syngo MR D13", "SpacingBetweenSlices": 2.4, "StationName": "AWP45239", "TaskName": "Resting fmri", "TotalReadoutTime": 0.0294501, "TxRefAmp": 339.885, "WipMemBlock": "1013d436-43ef-4eff-959c-5a98edca6375||Sequence: vd13a/R010 r/5b5bc96; Nov 20 2013 18:17:03 by eja", "dcmmeta_affine": [[-2.39573335647583, -0.01411337498575449, -0.01675504446029663, 118.8540267944336], [-0.00645650876685977, 2.205376386642456, -0.9377318620681763, -93.31539154052734], [-0.020910724997520447, 0.9360197186470032, 2.209157943725586, -66.11933135986328], [0.0, 0.0, 0.0, 1.0]], "dcmmeta_reorient_transform": [[0.0, -1.0, 0.0, 95.0], [1.0, 0.0, 0.0, 0.0], [0.0, 0.0, 1.0, 0.0], [0.0, 0.0, 0.0, 1.0]], "dcmmeta_shape": [96, 96, 64, 518], "dcmmeta_slice_dim": 2, "dcmmeta_version": 0.6, "global": {"const": {"AcquisitionMatrix": [96, 0, 0, 96], "AngioFlag": "N", "BitsAllocated": 16, "BitsStored": 16, "BodyPartExamined": "BRAIN", "Columns": 768, "DeidentificationMethodCodeSequence": [{"CodeMeaning": "XNAT Edit Script", "CodeValue": "93", "CodingSchemeDesignator": "XNAT", "CodingSchemeVersion": "0.1"}], "EchoNumbers": 1, "EchoTime": 30.0, "EchoTrainLength": 48, "FlipAngle": 63.0, "HighBit": 15, "ImageOrientationPatient": [0.99995827930959, 0.00269489067444, -0.0087279553424, -0.0058908002531, 0.92050494893188, -0.3906864951138], "ImagePositionPatient": [-917.73755219976, -859.37121283669, 344.33115909211], "ImageType": ["ORIGINAL", "PRIMARY", "M", "ND", "MOSAIC"], "ImagedNucleus": "1H", "ImagingFrequency": 123.19298, "InPlanePhaseEncodingDirection": "COL", "MRAcquisitionType": "2D", "MagneticFieldStrength": 3.0, "Manufacturer": "SIEMENS", "ManufacturerModelName": "Skyra", "Modality": "MR", "NumberOfAverages": 1.0, "NumberOfPhaseEncodingSteps": 96, "PercentPhaseFieldOfView": 100.0, "PercentSampling": 100.0, "PerformedProcedureStepStartTime": "071351.973000", "PhotometricInterpretation": "MONOCHROME2", "PixelBandwidth": 2005.0, "PixelRepresentation": 0, "PixelSpacing": [2.3958332538605, 2.3958332538605], "ProtocolName": "Resting State fMRI MBEPI_matrix96_BW2004", "RepetitionTime": 1160.0, "Rows": 768, "SAR": 0.0, "SamplesPerPixel": 1, "ScanOptions": "FS", "ScanningSequence": "EP", "SequenceName": "epfid2d1_96", "SequenceVariant": "SK", "SeriesDescription": "Resting State fMRI MBEPI_matrix96_BW2004_RR_RR", "SeriesNumber": 12, "SeriesTime": "124939.217000", "SliceLocation": -25.231097783252, "SliceThickness": 2.0, "SmallestImagePixelValue": 0, "SoftwareVersions": "syngo MR D13", "SpacingBetweenSlices": 2.4000000295381, "SpecificCharacterSet": "ISO_IR 100", "StudyID": "1", "StudyTime": "071351.909000", "TransmitCoilName": "Body", "VariableFlipAngleFlag": "N", "WindowCenterWidthExplanation": "Algo1", "dBdt": 0.0}, "slices": {}}, "time": {"samples": {"AcquisitionNumber": [1, 2, 3, 4, 5, 6, 7, 8, 9, 10, 11, 12, 13, 14, 15, 16, 17, 18, 19, 20, 21, 22, 23, 24, 25, 26, 27, 28, 29, 30, 31, 32, 33, 34, 35, 36, 37, 38, 39, 40, 41, 42, 43, 44, 45, 46, 47, 48, 49, 50, 51, 52, 53, 54, 55, 56, 57, 58, 59, 60, 61, 62, 63, 64, 65, 66, 67, 68, 69, 70, 71, 72, 73, 74, 75, 76, 77, 78, 79, 80, 81, 82, 83, 84, 85, 86, 87, 88, 89, 90, 91, 92, 93, 94, 95, 96, 97, 98, 99, 100, 101, 102, 103, 104, 105, 106, 107, 108, 109, 110, 111, 112, 113, 114, 115, 116, 117, 118, 119, 120, 121, 122, 123, 124, 125, 126, 127, 128, 129, 130, 131, 132, 133, 134, 135, 136, 137, 138, 139, 140, 141, 142, 143, 144, 145, 146, 147, 148, 149, 150, 151, 152, 153, 154, 155, 156, 157, 158, 159, 160, 161, 162, 163, 164, 165, 166, 167, 168, 169, 170, 171, 172, 173, 174, 175, 176, 177, 178, 179, 180, 181, 182, 183, 184, 185, 186, 187, 188, 189, 190, 191, 192, 193, 194, 195, 196, 197, 198, 199, 200, 201, 202, 203, 204, 205, 206, 207, 208, 209, 210, 211, 212, 213, 214, 215, 216, 217, 218, 219, 220, 221, 222, 223, 224, 225, 226, 227, 228, 229, 230, 231, 232, 233, 234, 235, 236, 237, 238, 239, 240, 241, 242, 243, 244, 245, 246, 247, 248, 249, 250, 251, 252, 253, 254, 255, 256, 257, 258, 259, 260, 261, 262, 263, 264, 265, 266, 267, 268, 269, 270, 271, 272, 273, 274, 275, 276, 277, 278, 279, 280, 281, 282, 283, 284, 285, 286, 287, 288, 289, 290, 291, 292, 293, 294, 295, 296, 297, 298, 299, 300, 301, 302, 303, 304, 305, 306, 307, 308, 309, 310, 311, 312, 313, 314, 315, 316, 317, 318, 319, 320, 321, 322, 323, 324, 325, 326, 327, 328, 329, 330, 331, 332, 333, 334, 335, 336, 337, 338, 339, 340, 341, 342, 343, 344, 345, 346, 347, 348, 349, 350, 351, 352, 353, 354, 355, 356, 357, 358, 359, 360, 361, 362, 363, 364, 365, 366, 367, 368, 369, 370, 371, 372, 373, 374, 375, 376, 377, 378, 379, 380, 381, 382, 383, 384, 385, 386, 387, 388, 389, 390, 391, 392, 393, 394, 395, 396, 397, 398, 399, 400, 401, 402, 403, 404, 405, 406, 407, 408, 409, 410, 411, 412, 413, 414, 415, 416, 417, 418, 419, 420, 421, 422, 423, 424, 425, 426, 427, 428, 429, 430, 431, 432, 433, 434, 435, 436, 437, 438, 439, 440, 441, 442, 443, 444, 445, 446, 447, 448, 449, 450, 451, 452, 453, 454, 455, 456, 457, 458, 459, 460, 461, 462, 463, 464, 465, 466, 467, 468, 469, 470, 471, 472, 473, 474, 475, 476, 477, 478, 479, 480, 481, 482, 483, 484, 485, 486, 487, 488, 489, 490, 491, 492, 493, 494, 495, 496, 497, 498, 499, 500, 501, 502, 503, 504, 505, 506, 507, 508, 509, 510, 511, 512, 513, 514, 515, 516, 517, 518], "AcquisitionTime": ["073458.625000", "073505.545000", "073506.685000", "073507.825000", "073508.965000", "073510.105000", "073511.245000", "073512.385000", "073513.525000", "073514.665000", "073515.805000", "073516.945000", "073518.085000", "073519.225000", "073520.365000", "073521.505000", "073522.645000", "073523.785000", "073524.925000", "073526.065000", "073527.205000", "073528.345000", "073529.485000", "073530.625000", "073531.765000", "073532.905000", "073534.045000", "073535.185000", "073536.325000", "073537.465000", "073538.605000", "073539.745000", "073540.885000", "073542.025000", "073543.165000", "073544.305000", "073545.445000", "073546.585000", "073547.725000", "073548.865000", "073550.005000", "073551.145000", "073552.285000", "073553.425000", "073554.565000", "073555.705000", "073556.845000", "073557.985000", "073559.125000", "073600.265000", "073601.405000", "073602.545000", "073603.685000", "073604.825000", "073605.965000", "073607.105000", "073608.245000", "073609.385000", "073610.525000", "073611.665000", "073612.805000", "073613.945000", "073615.085000", "073616.225000", "073617.365000", "073618.505000", "073619.645000", "073620.785000", "073621.925000", "073623.065000", "073624.205000", "073625.345000", "073626.485000", "073627.625000", "073628.765000", "073629.905000", "073631.045000", "073632.185000", "073633.325000", "073634.465000", "073635.605000", "073636.745000", "073637.885000", "073639.025000", "073640.165000", "073641.305000", "073642.445000", "073643.585000", "073644.725000", "073645.865000", "073647.005000", "073648.145000", "073649.285000", "073650.425000", "073651.565000", "073652.705000", "073653.845000", "073654.985000", "073656.125000", "073657.265000", "073658.405000", "073659.545000", "073700.685000", "073701.825000", "073702.965000", "073704.105000", "073705.245000", "073706.385000", "073707.525000", "073708.665000", "073709.805000", "073710.945000", "073712.085000", "073713.225000", "073714.365000", "073715.505000", "073716.645000", "073717.785000", "073718.925000", "073720.065000", "073721.205000", "073722.345000", "073723.485000", "073724.625000", "073725.765000", "073726.905000", "073728.045000", "073729.185000", "073730.325000", "073731.465000", "073732.605000", "073733.745000", "073734.885000", "073736.025000", "073737.165000", "073738.305000", "073739.445000", "073740.585000", "073741.725000", "073742.865000", "073744.005000", "073745.145000", "073746.285000", "073747.425000", "073748.565000", "073749.705000", "073750.845000", "073751.985000", "073753.125000", "073754.265000", "073755.405000", "073756.545000", "073757.685000", "073758.825000", "073759.965000", "073801.105000", "073802.245000", "073803.385000", "073804.525000", "073805.665000", "073806.805000", "073807.945000", "073809.085000", "073810.225000", "073811.365000", "073812.505000", "073813.645000", "073814.785000", "073815.925000", "073817.065000", "073818.205000", "073819.345000", "073820.485000", "073821.625000", "073822.765000", "073823.905000", "073825.045000", "073826.185000", "073827.325000", "073828.465000", "073829.605000", "073830.745000", "073831.885000", "073833.025000", "073834.165000", "073835.305000", "073836.445000", "073837.585000", "073838.725000", "073839.865000", "073841.005000", "073842.145000", "073843.285000", "073844.425000", "073845.565000", "073846.705000", "073847.845000", "073848.985000", "073850.125000", "073851.265000", "073852.405000", "073853.545000", "073854.685000", "073855.825000", "073856.965000", "073858.105000", "073859.245000", "073900.385000", "073901.525000", "073902.665000", "073903.805000", "073904.945000", "073906.085000", "073907.225000", "073908.365000", "073909.505000", "073910.645000", "073911.785000", "073912.925000", "073914.065000", "073915.205000", "073916.345000", "073917.485000", "073918.625000", "073919.765000", "073920.905000", "073922.045000", "073923.185000", "073924.325000", "073925.465000", "073926.605000", "073927.745000", "073928.885000", "073930.025000", "073931.165000", "073932.305000", "073933.445000", "073934.585000", "073935.725000", "073936.865000", "073938.005000", "073939.145000", "073940.285000", "073941.425000", "073942.565000", "073943.705000", "073944.845000", "073945.985000", "073947.125000", "073948.265000", "073949.405000", "073950.545000", "073951.685000", "073952.825000", "073953.965000", "073955.105000", "073956.245000", "073957.385000", "073958.525000", "073959.665000", "074000.805000", "074001.945000", "074003.085000", "074004.225000", "074005.365000", "074006.505000", "074007.645000", "074008.785000", "074009.925000", "074011.065000", "074012.205000", "074013.345000", "074014.485000", "074015.625000", "074016.765000", "074017.905000", "074019.045000", "074020.185000", "074021.325000", "074022.465000", "074023.605000", "074024.745000", "074025.885000", "074027.025000", "074028.165000", "074029.305000", "074030.445000", "074031.585000", "074032.725000", "074033.865000", "074035.005000", "074036.145000", "074037.285000", "074038.425000", "074039.565000", "074040.705000", "074041.845000", "074042.985000", "074044.125000", "074045.265000", "074046.405000", "074047.545000", "074048.685000", "074049.825000", "074050.965000", "074052.105000", "074053.245000", "074054.385000", "074055.525000", "074056.665000", "074057.805000", "074058.945000", "074100.085000", "074101.225000", "074102.365000", "074103.505000", "074104.645000", "074105.785000", "074106.925000", "074108.065000", "074109.205000", "074110.345000", "074111.485000", "074112.625000", "074113.765000", "074114.905000", "074116.045000", "074117.185000", "074118.325000", "074119.465000", "074120.605000", "074121.745000", "074122.885000", "074124.025000", "074125.165000", "074126.305000", "074127.445000", "074128.585000", "074129.725000", "074130.865000", "074132.005000", "074133.145000", "074134.285000", "074135.425000", "074136.565000", "074137.705000", "074138.845000", "074139.985000", "074141.125000", "074142.265000", "074143.405000", "074144.545000", "074145.685000", "074146.825000", "074147.965000", "074149.105000", "074150.245000", "074151.385000", "074152.525000", "074153.665000", "074154.805000", "074155.945000", "074157.085000", "074158.225000", "074159.365000", "074200.505000", "074201.645000", "074202.785000", "074203.925000", "074205.065000", "074206.205000", "074207.345000", "074208.485000", "074209.625000", "074210.765000", "074211.905000", "074213.045000", "074214.185000", "074215.325000", "074216.465000", "074217.605000", "074218.745000", "074219.885000", "074221.025000", "074222.165000", "074223.305000", "074224.445000", "074225.585000", "074226.725000", "074227.865000", "074229.005000", "074230.145000", "074231.285000", "074232.425000", "074233.565000", "074234.705000", "074235.845000", "074236.985000", "074238.125000", "074239.265000", "074240.405000", "074241.545000", "074242.685000", "074243.825000", "074244.965000", "074246.105000", "074247.245000", "074248.385000", "074249.525000", "074250.665000", "074251.805000", "074252.945000", "074254.085000", "074255.225000", "074256.365000", "074257.505000", "074258.645000", "074259.785000", "074300.925000", "074302.065000", "074303.205000", "074304.345000", "074305.485000", "074306.625000", "074307.765000", "074308.905000", "074310.045000", "074311.185000", "074312.325000", "074313.465000", "074314.605000", "074315.745000", "074316.885000", "074318.025000", "074319.165000", "074320.305000", "074321.445000", "074322.585000", "074323.725000", "074324.865000", "074326.005000", "074327.145000", "074328.285000", "074329.425000", "074330.565000", "074331.705000", "074332.845000", "074333.985000", "074335.125000", "074336.265000", "074337.405000", "074338.545000", "074339.685000", "074340.825000", "074341.965000", "074343.105000", "074344.245000", "074345.385000", "074346.525000", "074347.665000", "074348.805000", "074349.945000", "074351.085000", "074352.225000", "074353.365000", "074354.505000", "074355.645000", "074356.785000", "074357.925000", "074359.065000", "074400.205000", "074401.345000", "074402.485000", "074403.625000", "074404.765000", "074405.905000", "074407.045000", "074408.185000", "074409.325000", "074410.465000", "074411.605000", "074412.745000", "074413.885000", "074415.025000", "074416.165000", "074417.305000", "074418.445000", "074419.585000", "074420.725000", "074421.865000", "074423.005000", "074424.145000", "074425.285000", "074426.425000", "074427.565000", "074428.705000", "074429.845000", "074430.985000", "074432.125000", "074433.265000", "074434.405000", "074435.545000", "074436.685000", "074437.825000", "074438.965000", "074440.105000", "074441.245000", "074442.385000", "074443.525000", "074444.665000", "074445.805000", "074446.945000", "074448.085000", "074449.225000", "074450.365000", "074451.505000", "074452.645000", "074453.785000"], "ContentTime": ["124939.221000", "124939.225000", "124939.233000", "124939.237000", "124939.241000", "124939.246000", "124939.250000", "124939.254000", "124939.258000", "124939.262000", "124939.266000", "124939.271000", "124939.275000", "124939.279000", "124939.283000", "124939.287000", "124939.291000", "124939.295000", "124939.299000", "124939.303000", "124939.306000", "124939.310000", "124939.314000", "124939.318000", "124939.322000", "124939.326000", "124939.330000", "124939.334000", "124939.338000", "124939.342000", "124939.345000", "124939.356000", "124959.188000", "124959.193000", "124959.197000", "124959.201000", "124959.205000", "124959.209000", "124959.213000", "124959.217000", "124959.222000", "124959.232000", "124959.236000", "124959.240000", "124959.245000", "124959.249000", "124959.256000", "124959.261000", "124959.265000", "124959.269000", "124959.273000", "124959.277000", "125019.187000", "125019.192000", "125019.196000", "125019.200000", "125019.204000", "125019.208000", "125019.212000", "125019.216000", "125019.220000", "125019.224000", "125019.228000", "125019.232000", "125019.236000", "125019.240000", "125019.244000", "125019.248000", "125019.252000", "125019.257000", "125019.261000", "125019.265000", "125039.189000", "125039.194000", "125039.198000", "125039.202000", "125039.206000", "125039.210000", "125039.214000", "125039.218000", "125039.222000", "125039.226000", "125039.237000", "125039.241000", "125039.245000", "125039.250000", "125039.254000", "125039.258000", "125039.261000", "125039.265000", "125039.269000", "125039.274000", "125039.278000", "125059.188000", "125059.193000", "125059.197000", "125059.201000", "125059.205000", "125059.209000", "125059.213000", "125059.222000", "125059.226000", "125059.230000", "125059.234000", "125059.238000", "125059.242000", "125059.246000", "125059.251000", "125059.255000", "125059.259000", "125059.263000", "125059.268000", "125059.272000", "125119.189000", "125119.194000", "125119.199000", "125119.203000", "125119.207000", "125119.211000", "125119.215000", "125119.219000", "125119.223000", "125119.227000", "125119.232000", "125119.236000", "125119.241000", "125119.245000", "125119.249000", "125119.253000", "125119.257000", "125119.261000", "125119.265000", "125119.269000", "125139.188000", "125139.193000", "125139.197000", "125139.201000", "125139.205000", "125139.209000", "125139.213000", "125139.217000", "125139.221000", "125139.225000", "125139.229000", "125139.233000", "125139.237000", "125139.241000", "125139.246000", "125139.250000", "125139.254000", "125139.258000", "125139.262000", "125139.266000", "125159.188000", "125159.193000", "125159.197000", "125159.201000", "125159.205000", "125159.209000", "125159.213000", "125159.218000", "125159.222000", "125159.226000", "125159.230000", "125159.234000", "125159.238000", "125159.242000", "125159.246000", "125159.250000", "125159.254000", "125159.259000", "125159.263000", "125159.267000", "125159.277000", "125219.188000", "125219.193000", "125219.197000", "125219.201000", "125219.205000", "125219.210000", "125219.214000", "125219.218000", "125219.222000", "125219.239000", "125219.243000", "125219.247000", "125219.251000", "125219.255000", "125219.259000", "125219.263000", "125219.267000", "125219.271000", "125219.275000", "125219.279000", "125239.190000", "125239.195000", "125239.199000", "125239.203000", "125239.208000", "125239.212000", "125239.217000", "125239.221000", "125239.225000", "125239.229000", "125239.233000", "125239.237000", "125239.241000", "125239.245000", "125239.249000", "125239.254000", "125239.258000", "125239.262000", "125239.267000", "125239.271000", "125239.275000", "125259.188000", "125259.193000", "125259.196000", "125259.201000", "125259.205000", "125259.209000", "125259.213000", "125259.217000", "125259.221000", "125259.225000", "125259.229000", "125259.233000", "125259.237000", "125259.241000", "125259.245000", "125259.249000", "125259.253000", "125259.257000", "125259.262000", "125259.266000", "125259.270000", "125319.188000", "125319.192000", "125319.196000", "125319.200000", "125319.204000", "125319.208000", "125319.212000", "125319.216000", "125319.220000", "125319.224000", "125319.228000", "125319.232000", "125319.237000", "125319.241000", "125319.246000", "125319.250000", "125319.254000", "125319.258000", "125319.262000", "125319.266000", "125339.189000", "125339.194000", "125339.199000", "125339.203000", "125339.207000", "125339.211000", "125339.215000", "125339.219000", "125339.224000", "125339.228000", "125339.232000", "125339.236000", "125339.240000", "125339.244000", "125339.248000", "125339.252000", "125339.256000", "125339.261000", "125339.265000", "125339.269000", "125339.273000", "125359.188000", "125359.192000", "125359.197000", "125359.201000", "125359.205000", "125359.209000", "125359.213000", "125359.218000", "125359.222000", "125359.226000", "125359.231000", "125359.235000", "125359.239000", "125359.244000", "125359.248000", "125359.252000", "125359.256000", "125359.260000", "125359.265000", "125359.269000", "125359.273000", "125419.188000", "125419.192000", "125419.197000", "125419.201000", "125419.205000", "125419.209000", "125419.213000", "125419.217000", "125419.221000", "125419.226000", "125419.230000", "125419.234000", "125419.239000", "125419.243000", "125419.247000", "125419.251000", "125419.255000", "125419.259000", "125419.263000", "125419.267000", "125439.189000", "125439.193000", "125439.197000", "125439.202000", "125439.206000", "125439.210000", "125439.214000", "125439.218000", "125439.222000", "125439.227000", "125439.231000", "125439.235000", "125439.240000", "125439.245000", "125439.249000", "125439.259000", "125439.263000", "125439.268000", "125439.272000", "125439.276000", "125439.281000", "125459.190000", "125459.194000", "125459.198000", "125459.202000", "125459.206000", "125459.210000", "125459.214000", "125459.219000", "125459.237000", "125459.241000", "125459.245000", "125459.249000", "125459.253000", "125459.257000", "125459.262000", "125459.266000", "125459.269000", "125459.273000", "125459.278000", "125459.282000", "125459.286000", "125519.190000", "125519.194000", "125519.199000", "125519.203000", "125519.207000", "125519.211000", "125519.215000", "125519.219000", "125519.223000", "125519.228000", "125519.232000", "125519.236000", "125519.240000", "125519.244000", "125519.249000", "125519.253000", "125519.257000", "125519.261000", "125519.266000", "125519.270000", "125539.189000", "125539.194000", "125539.198000", "125539.202000", "125539.205000", "125539.210000", "125539.214000", "125539.218000", "125539.222000", "125539.226000", "125539.230000", "125539.234000", "125539.238000", "125539.247000", "125539.252000", "125539.255000", "125539.260000", "125539.264000", "125539.268000", "125539.272000", "125539.277000", "125559.188000", "125559.193000", "125559.197000", "125559.201000", "125559.205000", "125559.209000", "125559.213000", "125559.217000", "125559.221000", "125559.226000", "125559.230000", "125559.234000", "125559.238000", "125559.242000", "125559.246000", "125559.250000", "125559.255000", "125559.259000", "125559.263000", "125559.267000", "125619.190000", "125619.195000", "125619.199000", "125619.203000", "125619.207000", "125619.211000", "125619.215000", "125619.219000", "125619.223000", "125619.227000", "125619.231000", "125619.235000", "125619.240000", "125619.244000", "125619.248000", "125619.252000", "125619.256000", "125619.260000", "125619.264000", "125619.268000", "125619.272000", "125639.189000", "125639.193000", "125639.197000", "125639.202000", "125639.206000", "125639.210000", "125639.214000", "125639.218000", "125639.222000", "125639.226000", "125639.230000", "125639.234000", "125639.238000", "125639.242000", "125639.247000", "125639.251000", "125639.255000", "125639.259000", "125639.263000", "125639.267000", "125639.271000", "125659.189000", "125659.194000", "125659.198000", "125659.202000", "125659.206000", "125659.211000", "125659.215000", "125659.219000", "125659.223000", "125659.227000", "125659.231000", "125659.235000", "125659.239000", "125659.244000", "125659.249000", "125659.253000", "125659.257000", "125659.261000", "125659.265000", "125659.269000", "125659.273000", "125719.190000", "125719.195000", "125719.199000", "125719.202000", "125719.206000", "125719.210000", "125719.214000", "125719.219000", "125719.223000", "125719.227000", "125719.231000", "125719.235000", "125719.239000", "125719.243000", "125719.247000", "125719.251000", "125719.255000", "125719.259000", "125719.263000", "125719.267000", "125731.574000", "125731.578000", "125731.583000", "125731.587000", "125731.591000", "125731.616000", "125731.620000", "125731.625000", "125731.629000", "125731.633000", "125731.637000", "125731.641000", "125731.645000", "125731.649000"], "InstanceCreationTime": ["124939.221000", "124939.225000", "124939.233000", "124939.237000", "124939.241000", "124939.246000", "124939.250000", "124939.254000", "124939.258000", "124939.262000", "124939.266000", "124939.271000", "124939.275000", "124939.279000", "124939.283000", "124939.287000", "124939.291000", "124939.295000", "124939.299000", "124939.303000", "124939.306000", "124939.310000", "124939.314000", "124939.318000", "124939.322000", "124939.326000", "124939.330000", "124939.334000", "124939.338000", "124939.342000", "124939.345000", "124939.356000", "124959.188000", "124959.193000", "124959.197000", "124959.201000", "124959.205000", "124959.209000", "124959.213000", "124959.217000", "124959.222000", "124959.232000", "124959.236000", "124959.240000", "124959.245000", "124959.249000", "124959.256000", "124959.261000", "124959.265000", "124959.269000", "124959.273000", "124959.277000", "125019.187000", "125019.192000", "125019.196000", "125019.200000", "125019.204000", "125019.208000", "125019.212000", "125019.216000", "125019.220000", "125019.224000", "125019.228000", "125019.232000", "125019.236000", "125019.240000", "125019.244000", "125019.248000", "125019.252000", "125019.257000", "125019.261000", "125019.265000", "125039.189000", "125039.194000", "125039.198000", "125039.202000", "125039.206000", "125039.210000", "125039.214000", "125039.218000", "125039.222000", "125039.226000", "125039.237000", "125039.241000", "125039.245000", "125039.250000", "125039.254000", "125039.258000", "125039.261000", "125039.265000", "125039.269000", "125039.274000", "125039.278000", "125059.188000", "125059.193000", "125059.197000", "125059.201000", "125059.205000", "125059.209000", "125059.213000", "125059.222000", "125059.226000", "125059.230000", "125059.234000", "125059.238000", "125059.242000", "125059.246000", "125059.251000", "125059.255000", "125059.259000", "125059.263000", "125059.268000", "125059.272000", "125119.189000", "125119.194000", "125119.199000", "125119.203000", "125119.207000", "125119.211000", "125119.215000", "125119.219000", "125119.223000", "125119.227000", "125119.232000", "125119.236000", "125119.241000", "125119.245000", "125119.249000", "125119.253000", "125119.257000", "125119.261000", "125119.265000", "125119.269000", "125139.188000", "125139.193000", "125139.197000", "125139.201000", "125139.205000", "125139.209000", "125139.213000", "125139.217000", "125139.221000", "125139.225000", "125139.229000", "125139.233000", "125139.237000", "125139.241000", "125139.246000", "125139.250000", "125139.254000", "125139.258000", "125139.262000", "125139.266000", "125159.188000", "125159.193000", "125159.197000", "125159.201000", "125159.205000", "125159.209000", "125159.213000", "125159.218000", "125159.222000", "125159.226000", "125159.230000", "125159.234000", "125159.238000", "125159.242000", "125159.246000", "125159.250000", "125159.254000", "125159.259000", "125159.263000", "125159.267000", "125159.277000", "125219.188000", "125219.193000", "125219.197000", "125219.201000", "125219.205000", "125219.210000", "125219.214000", "125219.218000", "125219.222000", "125219.239000", "125219.243000", "125219.247000", "125219.251000", "125219.255000", "125219.259000", "125219.263000", "125219.267000", "125219.271000", "125219.275000", "125219.279000", "125239.190000", "125239.195000", "125239.199000", "125239.203000", "125239.208000", "125239.212000", "125239.217000", "125239.221000", "125239.225000", "125239.229000", "125239.233000", "125239.237000", "125239.241000", "125239.245000", "125239.249000", "125239.254000", "125239.258000", "125239.262000", "125239.267000", "125239.271000", "125239.275000", "125259.188000", "125259.193000", "125259.196000", "125259.201000", "125259.205000", "125259.209000", "125259.213000", "125259.217000", "125259.221000", "125259.225000", "125259.229000", "125259.233000", "125259.237000", "125259.241000", "125259.245000", "125259.249000", "125259.253000", "125259.257000", "125259.262000", "125259.266000", "125259.270000", "125319.188000", "125319.192000", "125319.196000", "125319.200000", "125319.204000", "125319.208000", "125319.212000", "125319.216000", "125319.220000", "125319.224000", "125319.228000", "125319.232000", "125319.237000", "125319.241000", "125319.246000", "125319.250000", "125319.254000", "125319.258000", "125319.262000", "125319.266000", "125339.189000", "125339.194000", "125339.199000", "125339.203000", "125339.207000", "125339.211000", "125339.215000", "125339.219000", "125339.224000", "125339.228000", "125339.232000", "125339.236000", "125339.240000", "125339.244000", "125339.248000", "125339.252000", "125339.256000", "125339.261000", "125339.265000", "125339.269000", "125339.273000", "125359.188000", "125359.192000", "125359.197000", "125359.201000", "125359.205000", "125359.209000", "125359.213000", "125359.218000", "125359.222000", "125359.226000", "125359.231000", "125359.235000", "125359.239000", "125359.244000", "125359.248000", "125359.252000", "125359.256000", "125359.260000", "125359.265000", "125359.269000", "125359.273000", "125419.188000", "125419.192000", "125419.197000", "125419.201000", "125419.205000", "125419.209000", "125419.213000", "125419.217000", "125419.221000", "125419.226000", "125419.230000", "125419.234000", "125419.239000", "125419.243000", "125419.247000", "125419.251000", "125419.255000", "125419.259000", "125419.263000", "125419.267000", "125439.189000", "125439.193000", "125439.197000", "125439.202000", "125439.206000", "125439.210000", "125439.214000", "125439.218000", "125439.222000", "125439.227000", "125439.231000", "125439.235000", "125439.240000", "125439.245000", "125439.249000", "125439.259000", "125439.263000", "125439.268000", "125439.272000", "125439.276000", "125439.281000", "125459.190000", "125459.194000", "125459.198000", "125459.202000", "125459.206000", "125459.210000", "125459.214000", "125459.219000", "125459.237000", "125459.241000", "125459.245000", "125459.249000", "125459.253000", "125459.257000", "125459.262000", "125459.266000", "125459.269000", "125459.273000", "125459.278000", "125459.282000", "125459.286000", "125519.190000", "125519.194000", "125519.199000", "125519.203000", "125519.207000", "125519.211000", "125519.215000", "125519.219000", "125519.223000", "125519.228000", "125519.232000", "125519.236000", "125519.240000", "125519.244000", "125519.249000", "125519.253000", "125519.257000", "125519.261000", "125519.266000", "125519.270000", "125539.189000", "125539.194000", "125539.198000", "125539.202000", "125539.205000", "125539.210000", "125539.214000", "125539.218000", "125539.222000", "125539.226000", "125539.230000", "125539.234000", "125539.238000", "125539.247000", "125539.252000", "125539.255000", "125539.260000", "125539.264000", "125539.268000", "125539.272000", "125539.277000", "125559.188000", "125559.193000", "125559.197000", "125559.201000", "125559.205000", "125559.209000", "125559.213000", "125559.217000", "125559.221000", "125559.226000", "125559.230000", "125559.234000", "125559.238000", "125559.242000", "125559.246000", "125559.250000", "125559.255000", "125559.259000", "125559.263000", "125559.267000", "125619.190000", "125619.195000", "125619.199000", "125619.203000", "125619.207000", "125619.211000", "125619.215000", "125619.219000", "125619.223000", "125619.227000", "125619.231000", "125619.235000", "125619.240000", "125619.244000", "125619.248000", "125619.252000", "125619.256000", "125619.260000", "125619.264000", "125619.268000", "125619.272000", "125639.189000", "125639.193000", "125639.197000", "125639.202000", "125639.206000", "125639.210000", "125639.214000", "125639.218000", "125639.222000", "125639.226000", "125639.230000", "125639.234000", "125639.238000", "125639.242000", "125639.247000", "125639.251000", "125639.255000", "125639.259000", "125639.263000", "125639.267000", "125639.271000", "125659.189000", "125659.194000", "125659.198000", "125659.202000", "125659.206000", "125659.211000", "125659.215000", "125659.219000", "125659.223000", "125659.227000", "125659.231000", "125659.235000", "125659.239000", "125659.244000", "125659.249000", "125659.253000", "125659.257000", "125659.261000", "125659.265000", "125659.269000", "125659.273000", "125719.190000", "125719.195000", "125719.199000", "125719.202000", "125719.206000", "125719.210000", "125719.214000", "125719.219000", "125719.223000", "125719.227000", "125719.231000", "125719.235000", "125719.239000", "125719.243000", "125719.247000", "125719.251000", "125719.255000", "125719.259000", "125719.263000", "125719.267000", "125731.574000", "125731.578000", "125731.583000", "125731.587000", "125731.591000", "125731.616000", "125731.620000", "125731.625000", "125731.629000", "125731.633000", "125731.637000", "125731.641000", "125731.645000", "125731.649000"], "InstanceNumber": [1, 2, 3, 4, 5, 6, 7, 8, 9, 10, 11, 12, 13, 14, 15, 16, 17, 18, 19, 20, 21, 22, 23, 24, 25, 26, 27, 28, 29, 30, 31, 32, 33, 34, 35, 36, 37, 38, 39, 40, 41, 42, 43, 44, 45, 46, 47, 48, 49, 50, 51, 52, 53, 54, 55, 56, 57, 58, 59, 60, 61, 62, 63, 64, 65, 66, 67, 68, 69, 70, 71, 72, 73, 74, 75, 76, 77, 78, 79, 80, 81, 82, 83, 84, 85, 86, 87, 88, 89, 90, 91, 92, 93, 94, 95, 96, 97, 98, 99, 100, 101, 102, 103, 104, 105, 106, 107, 108, 109, 110, 111, 112, 113, 114, 115, 116, 117, 118, 119, 120, 121, 122, 123, 124, 125, 126, 127, 128, 129, 130, 131, 132, 133, 134, 135, 136, 137, 138, 139, 140, 141, 142, 143, 144, 145, 146, 147, 148, 149, 150, 151, 152, 153, 154, 155, 156, 157, 158, 159, 160, 161, 162, 163, 164, 165, 166, 167, 168, 169, 170, 171, 172, 173, 174, 175, 176, 177, 178, 179, 180, 181, 182, 183, 184, 185, 186, 187, 188, 189, 190, 191, 192, 193, 194, 195, 196, 197, 198, 199, 200, 201, 202, 203, 204, 205, 206, 207, 208, 209, 210, 211, 212, 213, 214, 215, 216, 217, 218, 219, 220, 221, 222, 223, 224, 225, 226, 227, 228, 229, 230, 231, 232, 233, 234, 235, 236, 237, 238, 239, 240, 241, 242, 243, 244, 245, 246, 247, 248, 249, 250, 251, 252, 253, 254, 255, 256, 257, 258, 259, 260, 261, 262, 263, 264, 265, 266, 267, 268, 269, 270, 271, 272, 273, 274, 275, 276, 277, 278, 279, 280, 281, 282, 283, 284, 285, 286, 287, 288, 289, 290, 291, 292, 293, 294, 295, 296, 297, 298, 299, 300, 301, 302, 303, 304, 305, 306, 307, 308, 309, 310, 311, 312, 313, 314, 315, 316, 317, 318, 319, 320, 321, 322, 323, 324, 325, 326, 327, 328, 329, 330, 331, 332, 333, 334, 335, 336, 337, 338, 339, 340, 341, 342, 343, 344, 345, 346, 347, 348, 349, 350, 351, 352, 353, 354, 355, 356, 357, 358, 359, 360, 361, 362, 363, 364, 365, 366, 367, 368, 369, 370, 371, 372, 373, 374, 375, 376, 377, 378, 379, 380, 381, 382, 383, 384, 385, 386, 387, 388, 389, 390, 391, 392, 393, 394, 395, 396, 397, 398, 399, 400, 401, 402, 403, 404, 405, 406, 407, 408, 409, 410, 411, 412, 413, 414, 415, 416, 417, 418, 419, 420, 421, 422, 423, 424, 425, 426, 427, 428, 429, 430, 431, 432, 433, 434, 435, 436, 437, 438, 439, 440, 441, 442, 443, 444, 445, 446, 447, 448, 449, 450, 451, 452, 453, 454, 455, 456, 457, 458, 459, 460, 461, 462, 463, 464, 465, 466, 467, 468, 469, 470, 471, 472, 473, 474, 475, 476, 477, 478, 479, 480, 481, 482, 483, 484, 485, 486, 487, 488, 489, 490, 491, 492, 493, 494, 495, 496, 497, 498, 499, 500, 501, 502, 503, 504, 505, 506, 507, 508, 509, 510, 511, 512, 513, 514, 515, 516, 517, 518], "LargestImagePixelValue": [259, 251, 246, 245, 242, 242, 241, 242, 240, 239, 239, 240, 239, 239, 240, 240, 239, 237, 240, 239, 241, 240, 239, 239, 239, 238, 239, 239, 239, 241, 236, 237, 239, 239, 238, 240, 238, 237, 238, 239, 238, 239, 239, 238, 236, 237, 238, 238, 239, 240, 236, 239, 237, 239, 241, 239, 242, 238, 238, 235, 237, 236, 240, 240, 235, 237, 239, 237, 242, 237, 237, 238, 236, 237, 237, 241, 237, 238, 238, 237, 239, 238, 237, 234, 236, 237, 238, 238, 236, 235, 237, 237, 239, 235, 234, 237, 239, 236, 237, 236, 239, 237, 235, 237, 235, 237, 240, 238, 235, 236, 235, 236, 236, 238, 236, 234, 235, 238, 238, 240, 239, 234, 234, 238, 238, 239, 238, 235, 236, 240, 237, 240, 241, 239, 237, 238, 237, 237, 237, 238, 236, 237, 235, 236, 238, 238, 238, 237, 235, 236, 235, 233, 239, 238, 234, 234, 234, 234, 236, 235, 234, 234, 234, 233, 235, 237, 235, 234, 234, 236, 236, 235, 235, 235, 235, 235, 237, 236, 236, 236, 237, 237, 234, 232, 235, 234, 235, 236, 235, 235, 235, 236, 236, 234, 234, 234, 235, 235, 237, 232, 233, 235, 236, 238, 238, 236, 234, 234, 233, 237, 233, 234, 236, 236, 234, 236, 235, 236, 234, 235, 237, 236, 236, 235, 234, 234, 235, 234, 234, 233, 237, 233, 235, 236, 236, 235, 235, 234, 235, 234, 235, 236, 234, 233, 234, 234, 234, 234, 234, 235, 234, 233, 238, 234, 236, 237, 236, 235, 233, 235, 234, 235, 236, 236, 236, 235, 234, 237, 233, 235, 234, 236, 233, 237, 238, 237, 236, 236, 236, 235, 235, 238, 234, 236, 236, 235, 236, 237, 237, 235, 236, 234, 239, 236, 236, 235, 237, 235, 236, 235, 235, 236, 238, 235, 238, 235, 234, 237, 237, 236, 236, 233, 236, 238, 236, 237, 237, 234, 238, 235, 235, 237, 236, 237, 236, 234, 239, 236, 238, 235, 234, 237, 237, 235, 237, 236, 236, 234, 234, 236, 233, 234, 233, 235, 234, 233, 235, 233, 234, 232, 234, 233, 234, 233, 233, 233, 237, 236, 235, 246, 237, 236, 235, 235, 237, 236, 236, 235, 236, 236, 234, 236, 235, 235, 237, 238, 235, 233, 233, 236, 236, 236, 236, 235, 236, 237, 236, 234, 238, 236, 236, 235, 232, 238, 237, 237, 237, 238, 240, 236, 235, 234, 236, 238, 235, 235, 236, 236, 238, 235, 234, 236, 237, 235, 233, 235, 237, 237, 237, 235, 238, 237, 236, 238, 234, 234, 235, 236, 235, 234, 236, 236, 235, 235, 234, 237, 238, 237, 235, 236, 237, 237, 236, 234, 235, 237, 237, 236, 236, 235, 234, 236, 237, 235, 237, 234, 238, 235, 236, 234, 236, 238, 238, 236, 234, 234, 236, 235, 236, 236, 236, 234, 236, 237, 238, 235, 234, 237, 236, 236, 234, 235, 235, 235, 237, 233, 235, 235, 234, 235, 237, 236, 237, 233, 234, 235, 234, 238, 237, 236, 235, 236, 236, 236, 234, 236, 235, 233, 237, 236, 237, 236, 235, 235, 238, 239, 237, 235], "WindowCenter": [129.0, 125.0, 123.0, 122.0, 121.0, 121.0, 120.0, 121.0, 120.0, 119.0, 119.0, 120.0, 119.0, 119.0, 120.0, 120.0, 119.0, 118.0, 120.0, 119.0, 120.0, 120.0, 119.0, 119.0, 119.0, 119.0, 119.0, 119.0, 119.0, 120.0, 118.0, 118.0, 119.0, 119.0, 119.0, 120.0, 119.0, 118.0, 119.0, 119.0, 119.0, 119.0, 119.0, 119.0, 118.0, 118.0, 119.0, 119.0, 119.0, 120.0, 118.0, 119.0, 118.0, 119.0, 120.0, 119.0, 121.0, 119.0, 119.0, 117.0, 118.0, 118.0, 120.0, 120.0, 117.0, 118.0, 119.0, 118.0, 121.0, 118.0, 118.0, 119.0, 118.0, 118.0, 118.0, 120.0, 118.0, 119.0, 119.0, 118.0, 119.0, 119.0, 118.0, 117.0, 118.0, 118.0, 119.0, 119.0, 118.0, 117.0, 118.0, 118.0, 119.0, 117.0, 117.0, 118.0, 119.0, 118.0, 118.0, 118.0, 119.0, 118.0, 117.0, 118.0, 117.0, 118.0, 120.0, 119.0, 117.0, 118.0, 117.0, 118.0, 118.0, 119.0, 118.0, 117.0, 117.0, 119.0, 119.0, 120.0, 119.0, 117.0, 117.0, 119.0, 119.0, 119.0, 119.0, 117.0, 118.0, 120.0, 118.0, 120.0, 120.0, 119.0, 118.0, 119.0, 118.0, 118.0, 118.0, 119.0, 118.0, 118.0, 117.0, 118.0, 119.0, 119.0, 119.0, 118.0, 117.0, 118.0, 117.0, 116.0, 119.0, 119.0, 117.0, 117.0, 117.0, 117.0, 118.0, 117.0, 117.0, 117.0, 117.0, 116.0, 117.0, 118.0, 117.0, 117.0, 117.0, 118.0, 118.0, 117.0, 117.0, 117.0, 117.0, 117.0, 118.0, 118.0, 118.0, 118.0, 118.0, 118.0, 117.0, 116.0, 117.0, 117.0, 117.0, 118.0, 117.0, 117.0, 117.0, 118.0, 118.0, 117.0, 117.0, 117.0, 117.0, 117.0, 118.0, 116.0, 116.0, 117.0, 118.0, 119.0, 119.0, 118.0, 117.0, 117.0, 116.0, 118.0, 116.0, 117.0, 118.0, 118.0, 117.0, 118.0, 117.0, 118.0, 117.0, 117.0, 118.0, 118.0, 118.0, 117.0, 117.0, 117.0, 117.0, 117.0, 117.0, 116.0, 118.0, 116.0, 117.0, 118.0, 118.0, 117.0, 117.0, 117.0, 117.0, 117.0, 117.0, 118.0, 117.0, 116.0, 117.0, 117.0, 117.0, 117.0, 117.0, 117.0, 117.0, 116.0, 119.0, 117.0, 118.0, 118.0, 118.0, 117.0, 116.0, 117.0, 117.0, 117.0, 118.0, 118.0, 118.0, 117.0, 117.0, 118.0, 116.0, 117.0, 117.0, 118.0, 116.0, 118.0, 119.0, 118.0, 118.0, 118.0, 118.0, 117.0, 117.0, 119.0, 117.0, 118.0, 118.0, 117.0, 118.0, 118.0, 118.0, 117.0, 118.0, 117.0, 119.0, 118.0, 118.0, 117.0, 118.0, 117.0, 118.0, 117.0, 117.0, 118.0, 119.0, 117.0, 119.0, 117.0, 117.0, 118.0, 118.0, 118.0, 118.0, 116.0, 118.0, 119.0, 118.0, 118.0, 118.0, 117.0, 119.0, 117.0, 117.0, 118.0, 118.0, 118.0, 118.0, 117.0, 119.0, 118.0, 119.0, 117.0, 117.0, 118.0, 118.0, 117.0, 118.0, 118.0, 118.0, 117.0, 117.0, 118.0, 116.0, 117.0, 116.0, 117.0, 117.0, 116.0, 117.0, 116.0, 117.0, 116.0, 117.0, 116.0, 117.0, 116.0, 116.0, 116.0, 118.0, 118.0, 117.0, 123.0, 118.0, 118.0, 117.0, 117.0, 118.0, 118.0, 118.0, 117.0, 118.0, 118.0, 117.0, 118.0, 117.0, 117.0, 118.0, 119.0, 117.0, 116.0, 116.0, 118.0, 118.0, 118.0, 118.0, 117.0, 118.0, 118.0, 118.0, 117.0, 119.0, 118.0, 118.0, 117.0, 116.0, 119.0, 118.0, 118.0, 118.0, 119.0, 120.0, 118.0, 117.0, 117.0, 118.0, 119.0, 117.0, 117.0, 118.0, 118.0, 119.0, 117.0, 117.0, 118.0, 118.0, 117.0, 116.0, 117.0, 118.0, 118.0, 118.0, 117.0, 119.0, 118.0, 118.0, 119.0, 117.0, 117.0, 117.0, 118.0, 117.0, 117.0, 118.0, 118.0, 117.0, 117.0, 117.0, 118.0, 119.0, 118.0, 117.0, 118.0, 118.0, 118.0, 118.0, 117.0, 117.0, 118.0, 118.0, 118.0, 118.0, 117.0, 117.0, 118.0, 118.0, 117.0, 118.0, 117.0, 119.0, 117.0, 118.0, 117.0, 118.0, 119.0, 119.0, 118.0, 117.0, 117.0, 118.0, 117.0, 118.0, 118.0, 118.0, 117.0, 118.0, 118.0, 119.0, 117.0, 117.0, 118.0, 118.0, 118.0, 117.0, 117.0, 117.0, 117.0, 118.0, 116.0, 117.0, 117.0, 117.0, 117.0, 118.0, 118.0, 118.0, 116.0, 117.0, 117.0, 117.0, 119.0, 118.0, 118.0, 117.0, 118.0, 118.0, 118.0, 117.0, 118.0, 117.0, 116.0, 118.0, 118.0, 118.0, 118.0, 117.0, 117.0, 119.0, 119.0, 118.0, 117.0], "WindowWidth": [259.0, 251.0, 246.0, 245.0, 242.0, 242.0, 241.0, 242.0, 240.0, 239.0, 239.0, 240.0, 239.0, 239.0, 240.0, 240.0, 239.0, 237.0, 240.0, 239.0, 241.0, 240.0, 239.0, 239.0, 239.0, 238.0, 239.0, 239.0, 239.0, 241.0, 236.0, 237.0, 239.0, 239.0, 238.0, 240.0, 238.0, 237.0, 238.0, 239.0, 238.0, 239.0, 239.0, 238.0, 236.0, 237.0, 238.0, 238.0, 239.0, 240.0, 236.0, 239.0, 237.0, 239.0, 241.0, 239.0, 242.0, 238.0, 238.0, 235.0, 237.0, 236.0, 240.0, 240.0, 235.0, 237.0, 239.0, 237.0, 242.0, 237.0, 237.0, 238.0, 236.0, 237.0, 237.0, 241.0, 237.0, 238.0, 238.0, 237.0, 239.0, 238.0, 237.0, 234.0, 236.0, 237.0, 238.0, 238.0, 236.0, 235.0, 237.0, 237.0, 239.0, 235.0, 234.0, 237.0, 239.0, 236.0, 237.0, 236.0, 239.0, 237.0, 235.0, 237.0, 235.0, 237.0, 240.0, 238.0, 235.0, 236.0, 235.0, 236.0, 236.0, 238.0, 236.0, 234.0, 235.0, 238.0, 238.0, 240.0, 239.0, 234.0, 234.0, 238.0, 238.0, 239.0, 238.0, 235.0, 236.0, 240.0, 237.0, 240.0, 241.0, 239.0, 237.0, 238.0, 237.0, 237.0, 237.0, 238.0, 236.0, 237.0, 235.0, 236.0, 238.0, 238.0, 238.0, 237.0, 235.0, 236.0, 235.0, 233.0, 239.0, 238.0, 234.0, 234.0, 234.0, 234.0, 236.0, 235.0, 234.0, 234.0, 234.0, 233.0, 235.0, 237.0, 235.0, 234.0, 234.0, 236.0, 236.0, 235.0, 235.0, 235.0, 235.0, 235.0, 237.0, 236.0, 236.0, 236.0, 237.0, 237.0, 234.0, 232.0, 235.0, 234.0, 235.0, 236.0, 235.0, 235.0, 235.0, 236.0, 236.0, 234.0, 234.0, 234.0, 235.0, 235.0, 237.0, 232.0, 233.0, 235.0, 236.0, 238.0, 238.0, 236.0, 234.0, 234.0, 233.0, 237.0, 233.0, 234.0, 236.0, 236.0, 234.0, 236.0, 235.0, 236.0, 234.0, 235.0, 237.0, 236.0, 236.0, 235.0, 234.0, 234.0, 235.0, 234.0, 234.0, 233.0, 237.0, 233.0, 235.0, 236.0, 236.0, 235.0, 235.0, 234.0, 235.0, 234.0, 235.0, 236.0, 234.0, 233.0, 234.0, 234.0, 234.0, 234.0, 234.0, 235.0, 234.0, 233.0, 238.0, 234.0, 236.0, 237.0, 236.0, 235.0, 233.0, 235.0, 234.0, 235.0, 236.0, 236.0, 236.0, 235.0, 234.0, 237.0, 233.0, 235.0, 234.0, 236.0, 233.0, 237.0, 238.0, 237.0, 236.0, 236.0, 236.0, 235.0, 235.0, 238.0, 234.0, 236.0, 236.0, 235.0, 236.0, 237.0, 237.0, 235.0, 236.0, 234.0, 239.0, 236.0, 236.0, 235.0, 237.0, 235.0, 236.0, 235.0, 235.0, 236.0, 238.0, 235.0, 238.0, 235.0, 234.0, 237.0, 237.0, 236.0, 236.0, 233.0, 236.0, 238.0, 236.0, 237.0, 237.0, 234.0, 238.0, 235.0, 235.0, 237.0, 236.0, 237.0, 236.0, 234.0, 239.0, 236.0, 238.0, 235.0, 234.0, 237.0, 237.0, 235.0, 237.0, 236.0, 236.0, 234.0, 234.0, 236.0, 233.0, 234.0, 233.0, 235.0, 234.0, 233.0, 235.0, 233.0, 234.0, 232.0, 234.0, 233.0, 234.0, 233.0, 233.0, 233.0, 237.0, 236.0, 235.0, 246.0, 237.0, 236.0, 235.0, 235.0, 237.0, 236.0, 236.0, 235.0, 236.0, 236.0, 234.0, 236.0, 235.0, 235.0, 237.0, 238.0, 235.0, 233.0, 233.0, 236.0, 236.0, 236.0, 236.0, 235.0, 236.0, 237.0, 236.0, 234.0, 238.0, 236.0, 236.0, 235.0, 232.0, 238.0, 237.0, 237.0, 237.0, 238.0, 240.0, 236.0, 235.0, 234.0, 236.0, 238.0, 235.0, 235.0, 236.0, 236.0, 238.0, 235.0, 234.0, 236.0, 237.0, 235.0, 233.0, 235.0, 237.0, 237.0, 237.0, 235.0, 238.0, 237.0, 236.0, 238.0, 234.0, 234.0, 235.0, 236.0, 235.0, 234.0, 236.0, 236.0, 235.0, 235.0, 234.0, 237.0, 238.0, 237.0, 235.0, 236.0, 237.0, 237.0, 236.0, 234.0, 235.0, 237.0, 237.0, 236.0, 236.0, 235.0, 234.0, 236.0, 237.0, 235.0, 237.0, 234.0, 238.0, 235.0, 236.0, 234.0, 236.0, 238.0, 238.0, 236.0, 234.0, 234.0, 236.0, 235.0, 236.0, 236.0, 236.0, 234.0, 236.0, 237.0, 238.0, 235.0, 234.0, 237.0, 236.0, 236.0, 234.0, 235.0, 235.0, 235.0, 237.0, 233.0, 235.0, 235.0, 234.0, 235.0, 237.0, 236.0, 237.0, 233.0, 234.0, 235.0, 234.0, 238.0, 237.0, 236.0, 235.0, 236.0, 236.0, 236.0, 234.0, 236.0, 235.0, 233.0, 237.0, 236.0, 237.0, 236.0, 235.0, 235.0, 238.0, 239.0, 237.0, 235.0]}, "slices": {}}}