{"AcquisitionMatrixPE": 96, "AcquisitionNumber": 1, "AcquisitionTime": "07:34:58.625000", "BandwidthPerPixelPhaseEncode": 33.602, "BaseResolution": 96, "BodyPartExamined": "BRAIN", "ConsistencyInfo": "N4_VD13A_LATEST_20120616", "ConversionSoftware": "dcm2niix", "ConversionSoftwareVersion": "v1.0.20210317", "DerivedVendorReportedEchoSpacing": 0.000620003, "DeviceSerialNumber": "45239", "DwellTime": 2.6e-06, "EchoTime": 0.03, "EchoTrainLength": 48, "EffectiveEchoSpacing": 0.000310001, "FlipAngle": 63, "ImageComments": "Unaliased MB4/PE3 SENSE1\r\nself-tracking_0093/19670514/self-tracking_0093/2", "ImageOrientationPatientDICOM": [0.999958, 0.00269489, -0.00872796, -0.0058908, 0.920505, -0.390686], "ImageType": ["ORIGINAL", "PRIMARY", "M", "ND", "MOSAIC"], "ImagingFrequency": 123.193, "InPlanePhaseEncodingDirectionDICOM": "COL", "InstitutionAddress": "E 24th St. 100,Austin,Southmiddle,US,78712", "InstitutionName": "Univ of Texas at Austin", "InstitutionalDepartmentName": "IRC", "MRAcquisitionType": "2D", "MagneticFieldStrength": 3, "Manufacturer": "Siemens", "ManufacturersModelName": "Skyra", "Modality": "MR", "MultibandAccelerationFactor": 4, "ParallelReductionFactorInPlane": 2, "PartialFourier": 1, "PatientPosition": "HFS", "PercentPhaseFOV": 100, "PercentSampling": 100, "PhaseEncodingDirection": "j-", "PhaseEncodingSteps": 96, "PhaseResolution": 1, "PixelBandwidth": 2005, "ProcedureStepDescription": "Poldrack2^self-scanning", "ProtocolName": "Resting State fMRI MBEPI_matrix96_BW2004", "PulseSequenceDetails": "%CustomerSeq%\\cmrr_mbep2d_bold", "ReceiveCoilActiveElements": "HEA;HEP", "ReceiveCoilName": "Head_32", "ReconMatrixPE": 96, "RefLinesPE": 48, "RepetitionTime": 1.16, "ScanOptions": "FS", "ScanningSequence": "EP", "SequenceName": "epfid2d1_96", "SequenceVariant": "SK", "SeriesDescription": "Resting State fMRI MBEPI_matrix96_BW2004_RR_RR", "SeriesNumber": 14, "ShimSetting": [-2767, 8020, -15425, -18, -236, 102, 234, -28], "SliceThickness": 2, "SliceTiming": [0, 0.5, 0.9975, 0.3575, 0.855, 0.215, 0.7125, 0.0725, 0.57, 1.07, 0.4275, 0.9275, 0.285, 0.785, 0.1425, 0.6425, 0, 0.5, 0.9975, 0.3575, 0.855, 0.215, 0.7125, 0.0725, 0.57, 1.07, 0.4275, 0.9275, 0.285, 0.785, 0.1425, 0.6425, 0, 0.5, 0.9975, 0.3575, 0.855, 0.215, 0.7125, 0.0725, 0.57, 1.07, 0.4275, 0.9275, 0.285, 0.785, 0.1425, 0.6425, 0, 0.5, 0.9975, 0.3575, 0.855, 0.215, 0.7125, 0.0725, 0.57, 1.07, 0.4275, 0.9275, 0.285, 0.785, 0.1425, 0.6425], "SoftwareVersions": "syngo MR D13", "SpacingBetweenSlices": 2.4, "StationName": "AWP45239", "TaskName": "Resting fmri", "TotalReadoutTime": 0.0294501, "TxRefAmp": 339.885, "WipMemBlock": "1013d436-43ef-4eff-959c-5a98edca6375||Sequence: vd13a/R010 r/5b5bc96; Nov 20 2013 18:17:03 by eja", "dcmmeta_affine": [[-2.39573335647583, -0.01411337498575449, -0.01675504446029663, 118.8540267944336], [-0.00645650876685977, 2.205376386642456, -0.9377318620681763, -93.31539154052734], [-0.020910724997520447, 0.9360197186470032, 2.209157943725586, -66.11933135986328], [0.0, 0.0, 0.0, 1.0]], "dcmmeta_reorient_transform": [[0.0, -1.0, 0.0, 95.0], [1.0, 0.0, 0.0, 0.0], [0.0, 0.0, 1.0, 0.0], [0.0, 0.0, 0.0, 1.0]], "dcmmeta_shape": [96, 96, 64, 518], "dcmmeta_slice_dim": 2, "dcmmeta_version": 0.6, "global": {"const": {"AcquisitionMatrix": [96, 0, 0, 96], "AngioFlag": "N", "BitsAllocated": 16, "BitsStored": 16, "BodyPartExamined": "BRAIN", "Columns": 768, "DeidentificationMethodCodeSequence": [{"CodeMeaning": "XNAT Edit Script", "CodeValue": "93", "CodingSchemeDesignator": "XNAT", "CodingSchemeVersion": "0.1"}], "EchoNumbers": 1, "EchoTime": 30.0, "EchoTrainLength": 48, "FlipAngle": 63.0, "HighBit": 15, "ImageOrientationPatient": [0.99995827930959, 0.00269489067444, -0.0087279553424, -0.0058908002531, 0.92050494893188, -0.3906864951138], "ImagePositionPatient": [-917.73755219976, -859.37121283669, 344.33115909211], "ImageType": ["ORIGINAL", "PRIMARY", "M", "ND", "MOSAIC"], "ImagedNucleus": "1H", "ImagingFrequency": 123.19298, "InPlanePhaseEncodingDirection": "COL", "MRAcquisitionType": "2D", "MagneticFieldStrength": 3.0, "Manufacturer": "SIEMENS", "ManufacturerModelName": "Skyra", "Modality": "MR", "NumberOfAverages": 1.0, "NumberOfPhaseEncodingSteps": 96, "PercentPhaseFieldOfView": 100.0, "PercentSampling": 100.0, "PerformedProcedureStepStartTime": "071351.973000", "PhotometricInterpretation": "MONOCHROME2", "PixelBandwidth": 2005.0, "PixelRepresentation": 0, "PixelSpacing": [2.3958332538605, 2.3958332538605], "ProtocolName": "Resting State fMRI MBEPI_matrix96_BW2004", "RepetitionTime": 1160.0, "Rows": 768, "SAR": 0.0, "SamplesPerPixel": 1, "ScanOptions": "FS", "ScanningSequence": "EP", "SequenceName": "epfid2d1_96", "SequenceVariant": "SK", "SeriesDescription": "Resting State fMRI MBEPI_matrix96_BW2004_RR_RR", "SeriesNumber": 14, "SeriesTime": "100921.349000", "SliceLocation": -25.231097783252, "SliceThickness": 2.0, "SmallestImagePixelValue": 0, "SoftwareVersions": "syngo MR D13", "SpacingBetweenSlices": 2.4000000295381, "SpecificCharacterSet": "ISO_IR 100", "StudyID": "1", "StudyTime": "071351.909000", "TransmitCoilName": "Body", "VariableFlipAngleFlag": "N", "WindowCenterWidthExplanation": "Algo1", "dBdt": 0.0}, "slices": {}}, "time": {"samples": {"AcquisitionNumber": [1, 2, 3, 4, 5, 6, 7, 8, 9, 10, 11, 12, 13, 14, 15, 16, 17, 18, 19, 20, 21, 22, 23, 24, 25, 26, 27, 28, 29, 30, 31, 32, 33, 34, 35, 36, 37, 38, 39, 40, 41, 42, 43, 44, 45, 46, 47, 48, 49, 50, 51, 52, 53, 54, 55, 56, 57, 58, 59, 60, 61, 62, 63, 64, 65, 66, 67, 68, 69, 70, 71, 72, 73, 74, 75, 76, 77, 78, 79, 80, 81, 82, 83, 84, 85, 86, 87, 88, 89, 90, 91, 92, 93, 94, 95, 96, 97, 98, 99, 100, 101, 102, 103, 104, 105, 106, 107, 108, 109, 110, 111, 112, 113, 114, 115, 116, 117, 118, 119, 120, 121, 122, 123, 124, 125, 126, 127, 128, 129, 130, 131, 132, 133, 134, 135, 136, 137, 138, 139, 140, 141, 142, 143, 144, 145, 146, 147, 148, 149, 150, 151, 152, 153, 154, 155, 156, 157, 158, 159, 160, 161, 162, 163, 164, 165, 166, 167, 168, 169, 170, 171, 172, 173, 174, 175, 176, 177, 178, 179, 180, 181, 182, 183, 184, 185, 186, 187, 188, 189, 190, 191, 192, 193, 194, 195, 196, 197, 198, 199, 200, 201, 202, 203, 204, 205, 206, 207, 208, 209, 210, 211, 212, 213, 214, 215, 216, 217, 218, 219, 220, 221, 222, 223, 224, 225, 226, 227, 228, 229, 230, 231, 232, 233, 234, 235, 236, 237, 238, 239, 240, 241, 242, 243, 244, 245, 246, 247, 248, 249, 250, 251, 252, 253, 254, 255, 256, 257, 258, 259, 260, 261, 262, 263, 264, 265, 266, 267, 268, 269, 270, 271, 272, 273, 274, 275, 276, 277, 278, 279, 280, 281, 282, 283, 284, 285, 286, 287, 288, 289, 290, 291, 292, 293, 294, 295, 296, 297, 298, 299, 300, 301, 302, 303, 304, 305, 306, 307, 308, 309, 310, 311, 312, 313, 314, 315, 316, 317, 318, 319, 320, 321, 322, 323, 324, 325, 326, 327, 328, 329, 330, 331, 332, 333, 334, 335, 336, 337, 338, 339, 340, 341, 342, 343, 344, 345, 346, 347, 348, 349, 350, 351, 352, 353, 354, 355, 356, 357, 358, 359, 360, 361, 362, 363, 364, 365, 366, 367, 368, 369, 370, 371, 372, 373, 374, 375, 376, 377, 378, 379, 380, 381, 382, 383, 384, 385, 386, 387, 388, 389, 390, 391, 392, 393, 394, 395, 396, 397, 398, 399, 400, 401, 402, 403, 404, 405, 406, 407, 408, 409, 410, 411, 412, 413, 414, 415, 416, 417, 418, 419, 420, 421, 422, 423, 424, 425, 426, 427, 428, 429, 430, 431, 432, 433, 434, 435, 436, 437, 438, 439, 440, 441, 442, 443, 444, 445, 446, 447, 448, 449, 450, 451, 452, 453, 454, 455, 456, 457, 458, 459, 460, 461, 462, 463, 464, 465, 466, 467, 468, 469, 470, 471, 472, 473, 474, 475, 476, 477, 478, 479, 480, 481, 482, 483, 484, 485, 486, 487, 488, 489, 490, 491, 492, 493, 494, 495, 496, 497, 498, 499, 500, 501, 502, 503, 504, 505, 506, 507, 508, 509, 510, 511, 512, 513, 514, 515, 516, 517, 518], "AcquisitionTime": ["073458.625000", "073505.545000", "073506.685000", "073507.825000", "073508.965000", "073510.105000", "073511.245000", "073512.385000", "073513.525000", "073514.665000", "073515.805000", "073516.945000", "073518.085000", "073519.225000", "073520.365000", "073521.505000", "073522.645000", "073523.785000", "073524.925000", "073526.065000", "073527.205000", "073528.345000", "073529.485000", "073530.625000", "073531.765000", "073532.905000", "073534.045000", "073535.185000", "073536.325000", "073537.465000", "073538.605000", "073539.745000", "073540.885000", "073542.025000", "073543.165000", "073544.305000", "073545.445000", "073546.585000", "073547.725000", "073548.865000", "073550.005000", "073551.145000", "073552.285000", "073553.425000", "073554.565000", "073555.705000", "073556.845000", "073557.985000", "073559.125000", "073600.265000", "073601.405000", "073602.545000", "073603.685000", "073604.825000", "073605.965000", "073607.105000", "073608.245000", "073609.385000", "073610.525000", "073611.665000", "073612.805000", "073613.945000", "073615.085000", "073616.225000", "073617.365000", "073618.505000", "073619.645000", "073620.785000", "073621.925000", "073623.065000", "073624.205000", "073625.345000", "073626.485000", "073627.625000", "073628.765000", "073629.905000", "073631.045000", "073632.185000", "073633.325000", "073634.465000", "073635.605000", "073636.745000", "073637.885000", "073639.025000", "073640.165000", "073641.305000", "073642.445000", "073643.585000", "073644.725000", "073645.865000", "073647.005000", "073648.145000", "073649.285000", "073650.425000", "073651.565000", "073652.705000", "073653.845000", "073654.985000", "073656.125000", "073657.265000", "073658.405000", "073659.545000", "073700.685000", "073701.825000", "073702.965000", "073704.105000", "073705.245000", "073706.385000", "073707.525000", "073708.665000", "073709.805000", "073710.945000", "073712.085000", "073713.225000", "073714.365000", "073715.505000", "073716.645000", "073717.785000", "073718.925000", "073720.065000", "073721.205000", "073722.345000", "073723.485000", "073724.625000", "073725.765000", "073726.905000", "073728.045000", "073729.185000", "073730.325000", "073731.465000", "073732.605000", "073733.745000", "073734.885000", "073736.025000", "073737.165000", "073738.305000", "073739.445000", "073740.585000", "073741.725000", "073742.865000", "073744.005000", "073745.145000", "073746.285000", "073747.425000", "073748.565000", "073749.705000", "073750.845000", "073751.985000", "073753.125000", "073754.265000", "073755.405000", "073756.545000", "073757.685000", "073758.825000", "073759.965000", "073801.105000", "073802.245000", "073803.385000", "073804.525000", "073805.665000", "073806.805000", "073807.945000", "073809.085000", "073810.225000", "073811.365000", "073812.505000", "073813.645000", "073814.785000", "073815.925000", "073817.065000", "073818.205000", "073819.345000", "073820.485000", "073821.625000", "073822.765000", "073823.905000", "073825.045000", "073826.185000", "073827.325000", "073828.465000", "073829.605000", "073830.745000", "073831.885000", "073833.025000", "073834.165000", "073835.305000", "073836.445000", "073837.585000", "073838.725000", "073839.865000", "073841.005000", "073842.145000", "073843.285000", "073844.425000", "073845.565000", "073846.705000", "073847.845000", "073848.985000", "073850.125000", "073851.265000", "073852.405000", "073853.545000", "073854.685000", "073855.825000", "073856.965000", "073858.105000", "073859.245000", "073900.385000", "073901.525000", "073902.665000", "073903.805000", "073904.945000", "073906.085000", "073907.225000", "073908.365000", "073909.505000", "073910.645000", "073911.785000", "073912.925000", "073914.065000", "073915.205000", "073916.345000", "073917.485000", "073918.625000", "073919.765000", "073920.905000", "073922.045000", "073923.185000", "073924.325000", "073925.465000", "073926.605000", "073927.745000", "073928.885000", "073930.025000", "073931.165000", "073932.305000", "073933.445000", "073934.585000", "073935.725000", "073936.865000", "073938.005000", "073939.145000", "073940.285000", "073941.425000", "073942.565000", "073943.705000", "073944.845000", "073945.985000", "073947.125000", "073948.265000", "073949.405000", "073950.545000", "073951.685000", "073952.825000", "073953.965000", "073955.105000", "073956.245000", "073957.385000", "073958.525000", "073959.665000", "074000.805000", "074001.945000", "074003.085000", "074004.225000", "074005.365000", "074006.505000", "074007.645000", "074008.785000", "074009.925000", "074011.065000", "074012.205000", "074013.345000", "074014.485000", "074015.625000", "074016.765000", "074017.905000", "074019.045000", "074020.185000", "074021.325000", "074022.465000", "074023.605000", "074024.745000", "074025.885000", "074027.025000", "074028.165000", "074029.305000", "074030.445000", "074031.585000", "074032.725000", "074033.865000", "074035.005000", "074036.145000", "074037.285000", "074038.425000", "074039.565000", "074040.705000", "074041.845000", "074042.985000", "074044.125000", "074045.265000", "074046.405000", "074047.545000", "074048.685000", "074049.825000", "074050.965000", "074052.105000", "074053.245000", "074054.385000", "074055.525000", "074056.665000", "074057.805000", "074058.945000", "074100.085000", "074101.225000", "074102.365000", "074103.505000", "074104.645000", "074105.785000", "074106.925000", "074108.065000", "074109.205000", "074110.345000", "074111.485000", "074112.625000", "074113.765000", "074114.905000", "074116.045000", "074117.185000", "074118.325000", "074119.465000", "074120.605000", "074121.745000", "074122.885000", "074124.025000", "074125.165000", "074126.305000", "074127.445000", "074128.585000", "074129.725000", "074130.865000", "074132.005000", "074133.145000", "074134.285000", "074135.425000", "074136.565000", "074137.705000", "074138.845000", "074139.985000", "074141.125000", "074142.265000", "074143.405000", "074144.545000", "074145.685000", "074146.825000", "074147.965000", "074149.105000", "074150.245000", "074151.385000", "074152.525000", "074153.665000", "074154.805000", "074155.945000", "074157.085000", "074158.225000", "074159.365000", "074200.505000", "074201.645000", "074202.785000", "074203.925000", "074205.065000", "074206.205000", "074207.345000", "074208.485000", "074209.625000", "074210.765000", "074211.905000", "074213.045000", "074214.185000", "074215.325000", "074216.465000", "074217.605000", "074218.745000", "074219.885000", "074221.025000", "074222.165000", "074223.305000", "074224.445000", "074225.585000", "074226.725000", "074227.865000", "074229.005000", "074230.145000", "074231.285000", "074232.425000", "074233.565000", "074234.705000", "074235.845000", "074236.985000", "074238.125000", "074239.265000", "074240.405000", "074241.545000", "074242.685000", "074243.825000", "074244.965000", "074246.105000", "074247.245000", "074248.385000", "074249.525000", "074250.665000", "074251.805000", "074252.945000", "074254.085000", "074255.225000", "074256.365000", "074257.505000", "074258.645000", "074259.785000", "074300.925000", "074302.065000", "074303.205000", "074304.345000", "074305.485000", "074306.625000", "074307.765000", "074308.905000", "074310.045000", "074311.185000", "074312.325000", "074313.465000", "074314.605000", "074315.745000", "074316.885000", "074318.025000", "074319.165000", "074320.305000", "074321.445000", "074322.585000", "074323.725000", "074324.865000", "074326.005000", "074327.145000", "074328.285000", "074329.425000", "074330.565000", "074331.705000", "074332.845000", "074333.985000", "074335.125000", "074336.265000", "074337.405000", "074338.545000", "074339.685000", "074340.825000", "074341.965000", "074343.105000", "074344.245000", "074345.385000", "074346.525000", "074347.665000", "074348.805000", "074349.945000", "074351.085000", "074352.225000", "074353.365000", "074354.505000", "074355.645000", "074356.785000", "074357.925000", "074359.065000", "074400.205000", "074401.345000", "074402.485000", "074403.625000", "074404.765000", "074405.905000", "074407.045000", "074408.185000", "074409.325000", "074410.465000", "074411.605000", "074412.745000", "074413.885000", "074415.025000", "074416.165000", "074417.305000", "074418.445000", "074419.585000", "074420.725000", "074421.865000", "074423.005000", "074424.145000", "074425.285000", "074426.425000", "074427.565000", "074428.705000", "074429.845000", "074430.985000", "074432.125000", "074433.265000", "074434.405000", "074435.545000", "074436.685000", "074437.825000", "074438.965000", "074440.105000", "074441.245000", "074442.385000", "074443.525000", "074444.665000", "074445.805000", "074446.945000", "074448.085000", "074449.225000", "074450.365000", "074451.505000", "074452.645000", "074453.785000"], "ContentTime": ["100921.353000", "100921.357000", "100921.361000", "100921.365000", "100921.369000", "100921.372000", "100921.376000", "100921.380000", "100921.384000", "100921.388000", "100921.392000", "100921.396000", "100921.400000", "100921.404000", "100921.408000", "100921.411000", "100921.415000", "100921.419000", "100921.422000", "100921.426000", "100921.430000", "100921.433000", "100921.437000", "100941.275000", "100941.279000", "100941.283000", "100941.287000", "100941.291000", "100941.295000", "100941.298000", "100941.302000", "100941.306000", "100941.310000", "100941.314000", "100941.317000", "100941.321000", "100941.325000", "100941.329000", "100941.333000", "100941.337000", "100941.341000", "100941.344000", "100941.348000", "101001.275000", "101001.279000", "101001.283000", "101001.287000", "101001.291000", "101001.295000", "101001.299000", "101001.303000", "101001.307000", "101001.310000", "101001.315000", "101001.319000", "101001.323000", "101001.327000", "101001.331000", "101001.334000", "101001.338000", "101001.342000", "101001.346000", "101001.350000", "101021.274000", "101021.278000", "101021.282000", "101021.286000", "101021.290000", "101021.293000", "101021.297000", "101021.301000", "101021.305000", "101021.309000", "101021.313000", "101021.317000", "101021.321000", "101021.325000", "101021.329000", "101021.332000", "101021.336000", "101021.340000", "101021.344000", "101021.348000", "101041.276000", "101041.280000", "101041.284000", "101041.288000", "101041.291000", "101041.295000", "101041.299000", "101041.303000", "101041.306000", "101041.310000", "101041.314000", "101041.319000", "101041.323000", "101041.327000", "101041.331000", "101041.335000", "101041.338000", "101041.342000", "101041.346000", "101041.350000", "101041.354000", "101101.276000", "101101.280000", "101101.283000", "101101.287000", "101101.291000", "101101.295000", "101101.299000", "101101.303000", "101101.307000", "101101.311000", "101101.314000", "101101.318000", "101101.322000", "101101.326000", "101101.330000", "101101.334000", "101101.338000", "101101.341000", "101101.345000", "101101.355000", "101121.276000", "101121.281000", "101121.284000", "101121.288000", "101121.292000", "101121.296000", "101121.300000", "101121.303000", "101121.308000", "101121.311000", "101121.315000", "101121.319000", "101121.323000", "101121.327000", "101121.331000", "101121.335000", "101121.339000", "101121.342000", "101121.346000", "101121.350000", "101141.274000", "101141.278000", "101141.282000", "101141.286000", "101141.291000", "101141.295000", "101141.298000", "101141.302000", "101141.306000", "101141.310000", "101141.314000", "101141.318000", "101141.322000", "101141.326000", "101141.330000", "101141.333000", "101141.337000", "101141.341000", "101141.345000", "101141.349000", "101201.274000", "101201.279000", "101201.283000", "101201.287000", "101201.290000", "101201.294000", "101201.298000", "101201.302000", "101201.306000", "101201.310000", "101201.313000", "101201.317000", "101201.321000", "101201.325000", "101201.329000", "101201.333000", "101201.337000", "101201.341000", "101201.345000", "101201.348000", "101201.352000", "101221.275000", "101221.279000", "101221.283000", "101221.287000", "101221.291000", "101221.294000", "101221.298000", "101221.302000", "101221.306000", "101221.310000", "101221.313000", "101221.317000", "101221.321000", "101221.325000", "101221.329000", "101221.333000", "101221.337000", "101221.341000", "101221.345000", "101221.349000", "101241.274000", "101241.278000", "101241.282000", "101241.285000", "101241.289000", "101241.293000", "101241.297000", "101241.301000", "101241.305000", "101241.309000", "101241.313000", "101241.317000", "101241.321000", "101241.325000", "101241.329000", "101241.333000", "101241.337000", "101241.340000", "101241.344000", "101241.348000", "101241.352000", "101301.276000", "101301.280000", "101301.284000", "101301.288000", "101301.292000", "101301.296000", "101301.300000", "101301.304000", "101301.308000", "101301.312000", "101301.316000", "101301.320000", "101301.324000", "101301.328000", "101301.332000", "101301.336000", "101301.340000", "101301.344000", "101301.348000", "101301.352000", "101321.275000", "101321.280000", "101321.283000", "101321.287000", "101321.291000", "101321.295000", "101321.298000", "101321.302000", "101321.306000", "101321.310000", "101321.314000", "101321.318000", "101321.322000", "101321.326000", "101321.330000", "101321.334000", "101321.338000", "101321.342000", "101321.346000", "101321.350000", "101321.354000", "101341.276000", "101341.281000", "101341.285000", "101341.289000", "101341.293000", "101341.297000", "101341.301000", "101341.305000", "101341.308000", "101341.312000", "101341.316000", "101341.320000", "101341.323000", "101341.327000", "101341.331000", "101341.335000", "101341.339000", "101341.343000", "101341.347000", "101341.351000", "101341.354000", "101401.274000", "101401.279000", "101401.282000", "101401.286000", "101401.290000", "101401.293000", "101401.297000", "101401.301000", "101401.305000", "101401.318000", "101401.323000", "101401.326000", "101401.330000", "101401.334000", "101401.338000", "101401.342000", "101401.345000", "101401.349000", "101401.353000", "101401.357000", "101421.274000", "101421.279000", "101421.283000", "101421.286000", "101421.290000", "101421.294000", "101421.298000", "101421.301000", "101421.305000", "101421.309000", "101421.313000", "101421.317000", "101421.321000", "101421.325000", "101421.329000", "101421.333000", "101421.337000", "101421.342000", "101421.346000", "101421.349000", "101421.353000", "101441.274000", "101441.278000", "101441.282000", "101441.285000", "101441.289000", "101441.293000", "101441.297000", "101441.301000", "101441.304000", "101441.308000", "101441.312000", "101441.316000", "101441.320000", "101441.324000", "101441.327000", "101441.331000", "101441.335000", "101441.339000", "101441.343000", "101441.347000", "101501.275000", "101501.279000", "101501.283000", "101501.287000", "101501.291000", "101501.294000", "101501.298000", "101501.303000", "101501.306000", "101501.310000", "101501.314000", "101501.318000", "101501.322000", "101501.326000", "101501.330000", "101501.334000", "101501.338000", "101501.345000", "101501.348000", "101501.352000", "101501.356000", "101521.276000", "101521.281000", "101521.285000", "101521.289000", "101521.293000", "101521.297000", "101521.301000", "101521.305000", "101521.309000", "101521.313000", "101521.317000", "101521.321000", "101521.324000", "101521.328000", "101521.332000", "101521.336000", "101521.340000", "101521.344000", "101521.348000", "101521.352000", "101521.356000", "101541.275000", "101541.280000", "101541.284000", "101541.288000", "101541.292000", "101541.296000", "101541.300000", "101541.304000", "101541.308000", "101541.312000", "101541.316000", "101541.319000", "101541.323000", "101541.327000", "101541.331000", "101541.335000", "101541.338000", "101541.342000", "101541.346000", "101541.350000", "101601.274000", "101601.278000", "101601.282000", "101601.286000", "101601.290000", "101601.293000", "101601.297000", "101601.301000", "101601.304000", "101601.308000", "101601.312000", "101601.316000", "101601.320000", "101601.324000", "101601.328000", "101601.331000", "101601.335000", "101601.338000", "101601.342000", "101601.346000", "101601.350000", "101621.275000", "101621.279000", "101621.283000", "101621.287000", "101621.291000", "101621.295000", "101621.299000", "101621.303000", "101621.307000", "101621.310000", "101621.314000", "101621.318000", "101621.322000", "101621.326000", "101621.330000", "101621.334000", "101621.338000", "101621.341000", "101621.345000", "101621.349000", "101621.353000", "101641.274000", "101641.279000", "101641.282000", "101641.286000", "101641.290000", "101641.294000", "101641.309000", "101641.314000", "101641.318000", "101641.322000", "101641.326000", "101641.330000", "101641.333000", "101641.337000", "101641.341000", "101641.345000", "101641.349000", "101641.353000", "101641.356000", "101641.361000", "101701.273000", "101701.277000", "101701.281000", "101701.285000", "101701.289000", "101701.293000", "101701.297000", "101701.300000", "101701.304000", "101701.308000", "101701.312000", "101701.316000", "101701.320000", "101701.324000", "101701.328000", "101701.332000", "101701.336000", "101701.340000", "101701.344000", "101701.347000", "101701.351000", "101721.273000", "101721.277000", "101721.280000", "101721.285000", "101721.289000", "101721.293000", "101721.296000", "101721.300000", "101721.304000", "101721.308000", "101721.312000", "101721.316000", "101721.320000", "101721.324000", "101721.328000", "101721.332000", "101721.336000", "101721.340000", "101721.344000", "101721.348000", "101721.352000", "101723.664000", "101723.669000", "101723.672000"], "InstanceCreationTime": ["100921.353000", "100921.357000", "100921.361000", "100921.365000", "100921.369000", "100921.372000", "100921.376000", "100921.380000", "100921.384000", "100921.388000", "100921.392000", "100921.396000", "100921.400000", "100921.404000", "100921.408000", "100921.411000", "100921.415000", "100921.419000", "100921.422000", "100921.426000", "100921.430000", "100921.433000", "100921.437000", "100941.275000", "100941.279000", "100941.283000", "100941.287000", "100941.291000", "100941.295000", "100941.298000", "100941.302000", "100941.306000", "100941.310000", "100941.314000", "100941.317000", "100941.321000", "100941.325000", "100941.329000", "100941.333000", "100941.337000", "100941.341000", "100941.344000", "100941.348000", "101001.275000", "101001.279000", "101001.283000", "101001.287000", "101001.291000", "101001.295000", "101001.299000", "101001.303000", "101001.307000", "101001.310000", "101001.315000", "101001.319000", "101001.323000", "101001.327000", "101001.331000", "101001.334000", "101001.338000", "101001.342000", "101001.346000", "101001.350000", "101021.274000", "101021.278000", "101021.282000", "101021.286000", "101021.290000", "101021.293000", "101021.297000", "101021.301000", "101021.305000", "101021.309000", "101021.313000", "101021.317000", "101021.321000", "101021.325000", "101021.329000", "101021.332000", "101021.336000", "101021.340000", "101021.344000", "101021.348000", "101041.276000", "101041.280000", "101041.284000", "101041.288000", "101041.291000", "101041.295000", "101041.299000", "101041.303000", "101041.306000", "101041.310000", "101041.314000", "101041.319000", "101041.323000", "101041.327000", "101041.331000", "101041.335000", "101041.338000", "101041.342000", "101041.346000", "101041.350000", "101041.354000", "101101.276000", "101101.280000", "101101.283000", "101101.287000", "101101.291000", "101101.295000", "101101.299000", "101101.303000", "101101.307000", "101101.311000", "101101.314000", "101101.318000", "101101.322000", "101101.326000", "101101.330000", "101101.334000", "101101.338000", "101101.341000", "101101.345000", "101101.355000", "101121.276000", "101121.281000", "101121.284000", "101121.288000", "101121.292000", "101121.296000", "101121.300000", "101121.303000", "101121.308000", "101121.311000", "101121.315000", "101121.319000", "101121.323000", "101121.327000", "101121.331000", "101121.335000", "101121.339000", "101121.342000", "101121.346000", "101121.350000", "101141.274000", "101141.278000", "101141.282000", "101141.286000", "101141.291000", "101141.295000", "101141.298000", "101141.302000", "101141.306000", "101141.310000", "101141.314000", "101141.318000", "101141.322000", "101141.326000", "101141.330000", "101141.333000", "101141.337000", "101141.341000", "101141.345000", "101141.349000", "101201.274000", "101201.279000", "101201.283000", "101201.287000", "101201.290000", "101201.294000", "101201.298000", "101201.302000", "101201.306000", "101201.310000", "101201.313000", "101201.317000", "101201.321000", "101201.325000", "101201.329000", "101201.333000", "101201.337000", "101201.341000", "101201.345000", "101201.348000", "101201.352000", "101221.275000", "101221.279000", "101221.283000", "101221.287000", "101221.291000", "101221.294000", "101221.298000", "101221.302000", "101221.306000", "101221.310000", "101221.313000", "101221.317000", "101221.321000", "101221.325000", "101221.329000", "101221.333000", "101221.337000", "101221.341000", "101221.345000", "101221.349000", "101241.274000", "101241.278000", "101241.282000", "101241.285000", "101241.289000", "101241.293000", "101241.297000", "101241.301000", "101241.305000", "101241.309000", "101241.313000", "101241.317000", "101241.321000", "101241.325000", "101241.329000", "101241.333000", "101241.337000", "101241.340000", "101241.344000", "101241.348000", "101241.352000", "101301.276000", "101301.280000", "101301.284000", "101301.288000", "101301.292000", "101301.296000", "101301.300000", "101301.304000", "101301.308000", "101301.312000", "101301.316000", "101301.320000", "101301.324000", "101301.328000", "101301.332000", "101301.336000", "101301.340000", "101301.344000", "101301.348000", "101301.352000", "101321.275000", "101321.280000", "101321.283000", "101321.287000", "101321.291000", "101321.295000", "101321.298000", "101321.302000", "101321.306000", "101321.310000", "101321.314000", "101321.318000", "101321.322000", "101321.326000", "101321.330000", "101321.334000", "101321.338000", "101321.342000", "101321.346000", "101321.350000", "101321.354000", "101341.276000", "101341.281000", "101341.285000", "101341.289000", "101341.293000", "101341.297000", "101341.301000", "101341.305000", "101341.308000", "101341.312000", "101341.316000", "101341.320000", "101341.323000", "101341.327000", "101341.331000", "101341.335000", "101341.339000", "101341.343000", "101341.347000", "101341.351000", "101341.354000", "101401.274000", "101401.279000", "101401.282000", "101401.286000", "101401.290000", "101401.293000", "101401.297000", "101401.301000", "101401.305000", "101401.318000", "101401.323000", "101401.326000", "101401.330000", "101401.334000", "101401.338000", "101401.342000", "101401.345000", "101401.349000", "101401.353000", "101401.357000", "101421.274000", "101421.279000", "101421.283000", "101421.286000", "101421.290000", "101421.294000", "101421.298000", "101421.301000", "101421.305000", "101421.309000", "101421.313000", "101421.317000", "101421.321000", "101421.325000", "101421.329000", "101421.333000", "101421.337000", "101421.342000", "101421.346000", "101421.349000", "101421.353000", "101441.274000", "101441.278000", "101441.282000", "101441.285000", "101441.289000", "101441.293000", "101441.297000", "101441.301000", "101441.304000", "101441.308000", "101441.312000", "101441.316000", "101441.320000", "101441.324000", "101441.327000", "101441.331000", "101441.335000", "101441.339000", "101441.343000", "101441.347000", "101501.275000", "101501.279000", "101501.283000", "101501.287000", "101501.291000", "101501.294000", "101501.298000", "101501.303000", "101501.306000", "101501.310000", "101501.314000", "101501.318000", "101501.322000", "101501.326000", "101501.330000", "101501.334000", "101501.338000", "101501.345000", "101501.348000", "101501.352000", "101501.356000", "101521.276000", "101521.281000", "101521.285000", "101521.289000", "101521.293000", "101521.297000", "101521.301000", "101521.305000", "101521.309000", "101521.313000", "101521.317000", "101521.321000", "101521.324000", "101521.328000", "101521.332000", "101521.336000", "101521.340000", "101521.344000", "101521.348000", "101521.352000", "101521.356000", "101541.275000", "101541.280000", "101541.284000", "101541.288000", "101541.292000", "101541.296000", "101541.300000", "101541.304000", "101541.308000", "101541.312000", "101541.316000", "101541.319000", "101541.323000", "101541.327000", "101541.331000", "101541.335000", "101541.338000", "101541.342000", "101541.346000", "101541.350000", "101601.274000", "101601.278000", "101601.282000", "101601.286000", "101601.290000", "101601.293000", "101601.297000", "101601.301000", "101601.304000", "101601.308000", "101601.312000", "101601.316000", "101601.320000", "101601.324000", "101601.328000", "101601.331000", "101601.335000", "101601.338000", "101601.342000", "101601.346000", "101601.350000", "101621.275000", "101621.279000", "101621.283000", "101621.287000", "101621.291000", "101621.295000", "101621.299000", "101621.303000", "101621.307000", "101621.310000", "101621.314000", "101621.318000", "101621.322000", "101621.326000", "101621.330000", "101621.334000", "101621.338000", "101621.341000", "101621.345000", "101621.349000", "101621.353000", "101641.274000", "101641.279000", "101641.282000", "101641.286000", "101641.290000", "101641.294000", "101641.309000", "101641.314000", "101641.318000", "101641.322000", "101641.326000", "101641.330000", "101641.333000", "101641.337000", "101641.341000", "101641.345000", "101641.349000", "101641.353000", "101641.356000", "101641.361000", "101701.273000", "101701.277000", "101701.281000", "101701.285000", "101701.289000", "101701.293000", "101701.297000", "101701.300000", "101701.304000", "101701.308000", "101701.312000", "101701.316000", "101701.320000", "101701.324000", "101701.328000", "101701.332000", "101701.336000", "101701.340000", "101701.344000", "101701.347000", "101701.351000", "101721.273000", "101721.277000", "101721.280000", "101721.285000", "101721.289000", "101721.293000", "101721.296000", "101721.300000", "101721.304000", "101721.308000", "101721.312000", "101721.316000", "101721.320000", "101721.324000", "101721.328000", "101721.332000", "101721.336000", "101721.340000", "101721.344000", "101721.348000", "101721.352000", "101723.664000", "101723.669000", "101723.672000"], "InstanceNumber": [1, 2, 3, 4, 5, 6, 7, 8, 9, 10, 11, 12, 13, 14, 15, 16, 17, 18, 19, 20, 21, 22, 23, 24, 25, 26, 27, 28, 29, 30, 31, 32, 33, 34, 35, 36, 37, 38, 39, 40, 41, 42, 43, 44, 45, 46, 47, 48, 49, 50, 51, 52, 53, 54, 55, 56, 57, 58, 59, 60, 61, 62, 63, 64, 65, 66, 67, 68, 69, 70, 71, 72, 73, 74, 75, 76, 77, 78, 79, 80, 81, 82, 83, 84, 85, 86, 87, 88, 89, 90, 91, 92, 93, 94, 95, 96, 97, 98, 99, 100, 101, 102, 103, 104, 105, 106, 107, 108, 109, 110, 111, 112, 113, 114, 115, 116, 117, 118, 119, 120, 121, 122, 123, 124, 125, 126, 127, 128, 129, 130, 131, 132, 133, 134, 135, 136, 137, 138, 139, 140, 141, 142, 143, 144, 145, 146, 147, 148, 149, 150, 151, 152, 153, 154, 155, 156, 157, 158, 159, 160, 161, 162, 163, 164, 165, 166, 167, 168, 169, 170, 171, 172, 173, 174, 175, 176, 177, 178, 179, 180, 181, 182, 183, 184, 185, 186, 187, 188, 189, 190, 191, 192, 193, 194, 195, 196, 197, 198, 199, 200, 201, 202, 203, 204, 205, 206, 207, 208, 209, 210, 211, 212, 213, 214, 215, 216, 217, 218, 219, 220, 221, 222, 223, 224, 225, 226, 227, 228, 229, 230, 231, 232, 233, 234, 235, 236, 237, 238, 239, 240, 241, 242, 243, 244, 245, 246, 247, 248, 249, 250, 251, 252, 253, 254, 255, 256, 257, 258, 259, 260, 261, 262, 263, 264, 265, 266, 267, 268, 269, 270, 271, 272, 273, 274, 275, 276, 277, 278, 279, 280, 281, 282, 283, 284, 285, 286, 287, 288, 289, 290, 291, 292, 293, 294, 295, 296, 297, 298, 299, 300, 301, 302, 303, 304, 305, 306, 307, 308, 309, 310, 311, 312, 313, 314, 315, 316, 317, 318, 319, 320, 321, 322, 323, 324, 325, 326, 327, 328, 329, 330, 331, 332, 333, 334, 335, 336, 337, 338, 339, 340, 341, 342, 343, 344, 345, 346, 347, 348, 349, 350, 351, 352, 353, 354, 355, 356, 357, 358, 359, 360, 361, 362, 363, 364, 365, 366, 367, 368, 369, 370, 371, 372, 373, 374, 375, 376, 377, 378, 379, 380, 381, 382, 383, 384, 385, 386, 387, 388, 389, 390, 391, 392, 393, 394, 395, 396, 397, 398, 399, 400, 401, 402, 403, 404, 405, 406, 407, 408, 409, 410, 411, 412, 413, 414, 415, 416, 417, 418, 419, 420, 421, 422, 423, 424, 425, 426, 427, 428, 429, 430, 431, 432, 433, 434, 435, 436, 437, 438, 439, 440, 441, 442, 443, 444, 445, 446, 447, 448, 449, 450, 451, 452, 453, 454, 455, 456, 457, 458, 459, 460, 461, 462, 463, 464, 465, 466, 467, 468, 469, 470, 471, 472, 473, 474, 475, 476, 477, 478, 479, 480, 481, 482, 483, 484, 485, 486, 487, 488, 489, 490, 491, 492, 493, 494, 495, 496, 497, 498, 499, 500, 501, 502, 503, 504, 505, 506, 507, 508, 509, 510, 511, 512, 513, 514, 515, 516, 517, 518], "LargestImagePixelValue": [5191, 5020, 4929, 4905, 4854, 4843, 4838, 4841, 4809, 4783, 4793, 4802, 4781, 4792, 4819, 4819, 4791, 4742, 4809, 4799, 4822, 4808, 4782, 4782, 4786, 4777, 4793, 4783, 4794, 4834, 4738, 4754, 4784, 4789, 4778, 4806, 4761, 4743, 4778, 4787, 4767, 4782, 4796, 4763, 4730, 4758, 4779, 4764, 4782, 4810, 4738, 4798, 4750, 4785, 4823, 4795, 4859, 4761, 4775, 4700, 4754, 4732, 4815, 4819, 4716, 4754, 4786, 4759, 4853, 4758, 4751, 4766, 4738, 4749, 4758, 4823, 4756, 4774, 4768, 4747, 4784, 4777, 4751, 4694, 4736, 4745, 4760, 4774, 4721, 4702, 4756, 4744, 4786, 4716, 4699, 4756, 4794, 4735, 4749, 4733, 4797, 4753, 4708, 4757, 4714, 4742, 4809, 4768, 4711, 4736, 4710, 4727, 4739, 4769, 4727, 4680, 4713, 4777, 4767, 4807, 4795, 4691, 4692, 4764, 4774, 4780, 4767, 4710, 4734, 4807, 4757, 4802, 4838, 4783, 4743, 4767, 4758, 4755, 4758, 4777, 4727, 4740, 4703, 4738, 4763, 4769, 4764, 4742, 4700, 4723, 4702, 4666, 4798, 4763, 4695, 4681, 4688, 4681, 4727, 4715, 4691, 4684, 4685, 4676, 4708, 4742, 4716, 4681, 4690, 4732, 4735, 4703, 4709, 4705, 4709, 4714, 4757, 4724, 4736, 4720, 4748, 4756, 4688, 4657, 4706, 4696, 4717, 4733, 4710, 4712, 4706, 4739, 4731, 4692, 4683, 4693, 4712, 4708, 4758, 4658, 4677, 4710, 4738, 4765, 4761, 4734, 4693, 4681, 4676, 4746, 4664, 4697, 4725, 4731, 4698, 4737, 4708, 4739, 4691, 4713, 4744, 4731, 4732, 4711, 4688, 4687, 4700, 4683, 4699, 4677, 4741, 4674, 4706, 4732, 4734, 4708, 4709, 4690, 4716, 4698, 4715, 4722, 4699, 4677, 4693, 4681, 4698, 4699, 4686, 4718, 4693, 4674, 4761, 4689, 4726, 4749, 4734, 4711, 4674, 4708, 4691, 4716, 4727, 4726, 4735, 4713, 4696, 4743, 4677, 4706, 4696, 4734, 4670, 4751, 4776, 4755, 4725, 4727, 4728, 4717, 4710, 4769, 4697, 4724, 4733, 4715, 4723, 4752, 4749, 4711, 4725, 4693, 4781, 4722, 4738, 4717, 4741, 4704, 4736, 4710, 4717, 4723, 4761, 4710, 4769, 4719, 4694, 4757, 4742, 4729, 4723, 4665, 4738, 4762, 4738, 4756, 4741, 4696, 4775, 4716, 4716, 4753, 4734, 4742, 4739, 4696, 4795, 4724, 4761, 4713, 4695, 4746, 4745, 4719, 4756, 4726, 4739, 4688, 4698, 4723, 4671, 4691, 4678, 4701, 4688, 4662, 4716, 4679, 4693, 4652, 4698, 4663, 4691, 4673, 4668, 4674, 4758, 4732, 4714, 4929, 4747, 4725, 4702, 4704, 4749, 4721, 4734, 4701, 4726, 4729, 4692, 4735, 4712, 4704, 4741, 4764, 4705, 4663, 4668, 4720, 4738, 4730, 4720, 4716, 4736, 4743, 4726, 4692, 4779, 4726, 4726, 4704, 4647, 4761, 4743, 4753, 4753, 4778, 4800, 4737, 4719, 4694, 4725, 4760, 4711, 4701, 4733, 4723, 4764, 4701, 4691, 4736, 4746, 4704, 4675, 4718, 4755, 4756, 4740, 4710, 4768, 4743, 4735, 4761, 4695, 4699, 4717, 4737, 4705, 4694, 4721, 4737, 4710, 4707, 4685, 4740, 4774, 4743, 4707, 4732, 4743, 4744, 4723, 4698, 4711, 4741, 4742, 4737, 4734, 4717, 4683, 4732, 4751, 4707, 4744, 4699, 4766, 4716, 4722, 4696, 4724, 4761, 4766, 4725, 4693, 4687, 4726, 4719, 4731, 4728, 4729, 4694, 4738, 4759, 4761, 4709, 4682, 4742, 4735, 4726, 4689, 4702, 4700, 4704, 4740, 4670, 4703, 4715, 4680, 4719, 4754, 4722, 4752, 4662, 4695, 4700, 4695, 4763, 4749, 4739, 4714, 4725, 4724, 4733, 4690, 4738, 4719, 4665, 4757, 4737, 4745, 4739, 4716, 4716, 4765, 4797, 4750, 4701], "WindowCenter": [1779.0, 1775.0, 1761.0, 1759.0, 1759.0, 1758.0, 1758.0, 1758.0, 1758.0, 1757.0, 1757.0, 1758.0, 1758.0, 1758.0, 1758.0, 1758.0, 1758.0, 1758.0, 1758.0, 1757.0, 1758.0, 1758.0, 1758.0, 1758.0, 1758.0, 1758.0, 1757.0, 1757.0, 1758.0, 1759.0, 1759.0, 1759.0, 1759.0, 1758.0, 1758.0, 1758.0, 1758.0, 1758.0, 1758.0, 1758.0, 1758.0, 1758.0, 1760.0, 1759.0, 1760.0, 1758.0, 1758.0, 1758.0, 1758.0, 1759.0, 1758.0, 1759.0, 1758.0, 1758.0, 1758.0, 1757.0, 1758.0, 1758.0, 1758.0, 1758.0, 1758.0, 1758.0, 1758.0, 1759.0, 1758.0, 1758.0, 1758.0, 1757.0, 1758.0, 1758.0, 1758.0, 1759.0, 1759.0, 1758.0, 1758.0, 1758.0, 1757.0, 1757.0, 1757.0, 1756.0, 1744.0, 1757.0, 1757.0, 1758.0, 1759.0, 1759.0, 1759.0, 1760.0, 1760.0, 1759.0, 1760.0, 1758.0, 1759.0, 1758.0, 1758.0, 1758.0, 1758.0, 1757.0, 1757.0, 1758.0, 1758.0, 1758.0, 1758.0, 1758.0, 1758.0, 1758.0, 1758.0, 1758.0, 1759.0, 1759.0, 1759.0, 1758.0, 1759.0, 1759.0, 1759.0, 1759.0, 1760.0, 1759.0, 1759.0, 1759.0, 1759.0, 1759.0, 1760.0, 1760.0, 1759.0, 1759.0, 1760.0, 1760.0, 1760.0, 1760.0, 1759.0, 1759.0, 1759.0, 1758.0, 1758.0, 1758.0, 1757.0, 1757.0, 1757.0, 1758.0, 1758.0, 1758.0, 1758.0, 1758.0, 1757.0, 1758.0, 1759.0, 1759.0, 1759.0, 1759.0, 1759.0, 1759.0, 1759.0, 1759.0, 1759.0, 1759.0, 1759.0, 1758.0, 1758.0, 1759.0, 1759.0, 1759.0, 1759.0, 1758.0, 1758.0, 1759.0, 1760.0, 1760.0, 1760.0, 1759.0, 1759.0, 1759.0, 1759.0, 1759.0, 1759.0, 1759.0, 1759.0, 1759.0, 1759.0, 1759.0, 1758.0, 1759.0, 1759.0, 1759.0, 1760.0, 1760.0, 1760.0, 1760.0, 1760.0, 1760.0, 1761.0, 1761.0, 1761.0, 1761.0, 1761.0, 1760.0, 1760.0, 1760.0, 1760.0, 1760.0, 1760.0, 1760.0, 1760.0, 1760.0, 1759.0, 1759.0, 1759.0, 1760.0, 1760.0, 1761.0, 1760.0, 1760.0, 1760.0, 1760.0, 1760.0, 1760.0, 1760.0, 1760.0, 1760.0, 1759.0, 1760.0, 1760.0, 1760.0, 1760.0, 1760.0, 1760.0, 1761.0, 1760.0, 1761.0, 1761.0, 1761.0, 1761.0, 1760.0, 1761.0, 1761.0, 1761.0, 1761.0, 1761.0, 1761.0, 1761.0, 1760.0, 1760.0, 1761.0, 1761.0, 1761.0, 1761.0, 1760.0, 1760.0, 1760.0, 1760.0, 1760.0, 1759.0, 1759.0, 1759.0, 1760.0, 1760.0, 1760.0, 1761.0, 1761.0, 1761.0, 1761.0, 1762.0, 1762.0, 1761.0, 1762.0, 1761.0, 1761.0, 1761.0, 1761.0, 1774.0, 1774.0, 1774.0, 1762.0, 1762.0, 1761.0, 1760.0, 1759.0, 1759.0, 1759.0, 1760.0, 1760.0, 1760.0, 1760.0, 1760.0, 1760.0, 1759.0, 1760.0, 1760.0, 1760.0, 1760.0, 1761.0, 1761.0, 1761.0, 1761.0, 1761.0, 1760.0, 1760.0, 1760.0, 1760.0, 1760.0, 1761.0, 1761.0, 1761.0, 1762.0, 1762.0, 1762.0, 1762.0, 1762.0, 1763.0, 1763.0, 1763.0, 1763.0, 1763.0, 1763.0, 1762.0, 1762.0, 1763.0, 1763.0, 1775.0, 1776.0, 1776.0, 1775.0, 1762.0, 1762.0, 1761.0, 1760.0, 1760.0, 1760.0, 1760.0, 1760.0, 1760.0, 1760.0, 1760.0, 1760.0, 1759.0, 1759.0, 1759.0, 1759.0, 1759.0, 1760.0, 1760.0, 1761.0, 1761.0, 1761.0, 1762.0, 1761.0, 1761.0, 1761.0, 1762.0, 1762.0, 1762.0, 1763.0, 1763.0, 1763.0, 1763.0, 1762.0, 1762.0, 1761.0, 1761.0, 1777.0, 1775.0, 1775.0, 1775.0, 1762.0, 1762.0, 1761.0, 1761.0, 1761.0, 1762.0, 1763.0, 1763.0, 1763.0, 1763.0, 1763.0, 1775.0, 1776.0, 1776.0, 1763.0, 1763.0, 1763.0, 1763.0, 1764.0, 1764.0, 1764.0, 1776.0, 1763.0, 1763.0, 1763.0, 1763.0, 1763.0, 1763.0, 1763.0, 1763.0, 1762.0, 1763.0, 1763.0, 1762.0, 1762.0, 1775.0, 1776.0, 1776.0, 1776.0, 1775.0, 1763.0, 1763.0, 1763.0, 1763.0, 1775.0, 1776.0, 1764.0, 1764.0, 1775.0, 1763.0, 1763.0, 1763.0, 1763.0, 1763.0, 1763.0, 1775.0, 1776.0, 1776.0, 1776.0, 1776.0, 1775.0, 1763.0, 1763.0, 1763.0, 1763.0, 1763.0, 1763.0, 1762.0, 1762.0, 1762.0, 1762.0, 1762.0, 1761.0, 1761.0, 1761.0, 1760.0, 1761.0, 1761.0, 1761.0, 1762.0, 1762.0, 1762.0, 1762.0, 1762.0, 1762.0, 1762.0, 1775.0, 1776.0, 1764.0, 1775.0, 1776.0, 1776.0, 1776.0, 1776.0, 1777.0, 1777.0, 1777.0, 1777.0, 1777.0, 1776.0, 1776.0, 1777.0, 1777.0, 1778.0, 1778.0, 1777.0, 1776.0, 1776.0, 1764.0, 1775.0, 1775.0, 1776.0, 1776.0, 1764.0, 1764.0, 1776.0, 1764.0, 1763.0, 1763.0, 1764.0, 1763.0, 1763.0, 1763.0, 1763.0, 1763.0, 1763.0, 1764.0, 1763.0, 1775.0, 1775.0, 1763.0, 1763.0, 1764.0, 1776.0, 1776.0, 1776.0, 1776.0, 1764.0, 1776.0, 1775.0, 1776.0, 1776.0, 1776.0, 1776.0, 1777.0, 1776.0, 1777.0, 1777.0, 1777.0, 1777.0, 1777.0, 1777.0, 1777.0, 1777.0, 1765.0], "WindowWidth": [4561.0, 4541.0, 4512.0, 4506.0, 4503.0, 4501.0, 4501.0, 4501.0, 4499.0, 4497.0, 4497.0, 4498.0, 4498.0, 4499.0, 4499.0, 4500.0, 4500.0, 4499.0, 4499.0, 4497.0, 4498.0, 4501.0, 4500.0, 4499.0, 4498.0, 4498.0, 4496.0, 4496.0, 4500.0, 4505.0, 4502.0, 4503.0, 4502.0, 4501.0, 4500.0, 4500.0, 4500.0, 4500.0, 4500.0, 4499.0, 4499.0, 4501.0, 4506.0, 4505.0, 4505.0, 4501.0, 4500.0, 4498.0, 4498.0, 4503.0, 4501.0, 4502.0, 4501.0, 4498.0, 4497.0, 4497.0, 4500.0, 4500.0, 4498.0, 4498.0, 4498.0, 4497.0, 4499.0, 4502.0, 4499.0, 4498.0, 4498.0, 4497.0, 4498.0, 4499.0, 4501.0, 4503.0, 4503.0, 4500.0, 4499.0, 4499.0, 4497.0, 4496.0, 4495.0, 4493.0, 4471.0, 4494.0, 4497.0, 4500.0, 4502.0, 4504.0, 4504.0, 4507.0, 4507.0, 4505.0, 4505.0, 4501.0, 4502.0, 4501.0, 4501.0, 4501.0, 4500.0, 4497.0, 4497.0, 4498.0, 4500.0, 4499.0, 4500.0, 4501.0, 4498.0, 4497.0, 4501.0, 4501.0, 4502.0, 4502.0, 4502.0, 4501.0, 4502.0, 4503.0, 4502.0, 4503.0, 4505.0, 4503.0, 4502.0, 4505.0, 4505.0, 4505.0, 4506.0, 4506.0, 4504.0, 4505.0, 4506.0, 4506.0, 4508.0, 4506.0, 4504.0, 4502.0, 4502.0, 4501.0, 4500.0, 4498.0, 4495.0, 4495.0, 4494.0, 4499.0, 4498.0, 4499.0, 4499.0, 4498.0, 4497.0, 4500.0, 4503.0, 4503.0, 4504.0, 4504.0, 4502.0, 4502.0, 4502.0, 4504.0, 4503.0, 4502.0, 4502.0, 4501.0, 4499.0, 4502.0, 4502.0, 4501.0, 4502.0, 4500.0, 4500.0, 4505.0, 4505.0, 4506.0, 4505.0, 4504.0, 4505.0, 4503.0, 4503.0, 4504.0, 4503.0, 4503.0, 4504.0, 4504.0, 4503.0, 4502.0, 4500.0, 4502.0, 4502.0, 4503.0, 4506.0, 4507.0, 4507.0, 4509.0, 4507.0, 4509.0, 4511.0, 4510.0, 4513.0, 4511.0, 4509.0, 4508.0, 4507.0, 4506.0, 4507.0, 4506.0, 4506.0, 4507.0, 4506.0, 4505.0, 4504.0, 4503.0, 4504.0, 4506.0, 4507.0, 4509.0, 4506.0, 4507.0, 4507.0, 4506.0, 4505.0, 4507.0, 4505.0, 4506.0, 4505.0, 4504.0, 4506.0, 4506.0, 4506.0, 4506.0, 4506.0, 4506.0, 4509.0, 4507.0, 4508.0, 4509.0, 4509.0, 4509.0, 4508.0, 4508.0, 4509.0, 4509.0, 4510.0, 4510.0, 4509.0, 4510.0, 4508.0, 4508.0, 4508.0, 4509.0, 4509.0, 4508.0, 4508.0, 4508.0, 4506.0, 4506.0, 4505.0, 4503.0, 4504.0, 4503.0, 4505.0, 4508.0, 4508.0, 4510.0, 4509.0, 4511.0, 4512.0, 4513.0, 4513.0, 4510.0, 4512.0, 4511.0, 4509.0, 4509.0, 4510.0, 4535.0, 4536.0, 4536.0, 4514.0, 4511.0, 4509.0, 4506.0, 4502.0, 4503.0, 4503.0, 4504.0, 4504.0, 4507.0, 4507.0, 4506.0, 4506.0, 4503.0, 4505.0, 4506.0, 4506.0, 4508.0, 4509.0, 4509.0, 4510.0, 4510.0, 4508.0, 4507.0, 4506.0, 4504.0, 4507.0, 4507.0, 4508.0, 4510.0, 4510.0, 4511.0, 4514.0, 4513.0, 4514.0, 4515.0, 4516.0, 4516.0, 4517.0, 4515.0, 4516.0, 4516.0, 4514.0, 4514.0, 4516.0, 4516.0, 4539.0, 4542.0, 4540.0, 4538.0, 4515.0, 4513.0, 4511.0, 4507.0, 4507.0, 4507.0, 4506.0, 4505.0, 4505.0, 4506.0, 4506.0, 4504.0, 4503.0, 4501.0, 4502.0, 4502.0, 4503.0, 4505.0, 4507.0, 4509.0, 4511.0, 4511.0, 4513.0, 4509.0, 4510.0, 4511.0, 4511.0, 4512.0, 4513.0, 4517.0, 4517.0, 4518.0, 4516.0, 4513.0, 4511.0, 4509.0, 4508.0, 4545.0, 4535.0, 4537.0, 4535.0, 4514.0, 4512.0, 4510.0, 4508.0, 4510.0, 4515.0, 4515.0, 4516.0, 4517.0, 4517.0, 4517.0, 4538.0, 4543.0, 4540.0, 4518.0, 4517.0, 4517.0, 4517.0, 4519.0, 4520.0, 4519.0, 4539.0, 4518.0, 4517.0, 4517.0, 4515.0, 4516.0, 4516.0, 4516.0, 4515.0, 4514.0, 4516.0, 4515.0, 4513.0, 4513.0, 4539.0, 4540.0, 4540.0, 4540.0, 4538.0, 4516.0, 4517.0, 4516.0, 4515.0, 4538.0, 4540.0, 4519.0, 4519.0, 4537.0, 4517.0, 4517.0, 4518.0, 4515.0, 4515.0, 4515.0, 4537.0, 4541.0, 4542.0, 4542.0, 4541.0, 4538.0, 4516.0, 4517.0, 4515.0, 4515.0, 4515.0, 4515.0, 4512.0, 4511.0, 4512.0, 4513.0, 4512.0, 4509.0, 4509.0, 4508.0, 4506.0, 4507.0, 4510.0, 4510.0, 4515.0, 4513.0, 4511.0, 4513.0, 4513.0, 4513.0, 4514.0, 4536.0, 4541.0, 4520.0, 4538.0, 4540.0, 4541.0, 4540.0, 4541.0, 4543.0, 4547.0, 4545.0, 4545.0, 4542.0, 4540.0, 4540.0, 4545.0, 4545.0, 4546.0, 4548.0, 4546.0, 4542.0, 4541.0, 4518.0, 4537.0, 4538.0, 4539.0, 4540.0, 4520.0, 4520.0, 4540.0, 4519.0, 4517.0, 4517.0, 4519.0, 4517.0, 4517.0, 4516.0, 4515.0, 4515.0, 4517.0, 4519.0, 4518.0, 4538.0, 4538.0, 4518.0, 4518.0, 4521.0, 4540.0, 4541.0, 4542.0, 4540.0, 4518.0, 4539.0, 4538.0, 4539.0, 4540.0, 4541.0, 4541.0, 4544.0, 4542.0, 4543.0, 4544.0, 4544.0, 4545.0, 4543.0, 4543.0, 4543.0, 4543.0, 4522.0]}, "slices": {}}}