{"AcquisitionMatrixPE": 96, "AcquisitionNumber": 1, "AcquisitionTime": "07:34:58.625000", "BandwidthPerPixelPhaseEncode": 33.602, "BaseResolution": 96, "BodyPartExamined": "BRAIN", "ConsistencyInfo": "N4_VD13A_LATEST_20120616", "ConversionSoftware": "dcm2niix", "ConversionSoftwareVersion": "v1.0.20210317", "DerivedVendorReportedEchoSpacing": 0.000620003, "DeviceSerialNumber": "45239", "DwellTime": 2.6e-06, "EchoTime": 0.03, "EchoTrainLength": 48, "EffectiveEchoSpacing": 0.000310001, "FlipAngle": 63, "ImageComments": "Unaliased MB4/PE3 SENSE1\r\nself-tracking_0093/19670514/self-tracking_0093/2", "ImageOrientationPatientDICOM": [0.999958, 0.00269489, -0.00872796, -0.0058908, 0.920505, -0.390686], "ImageType": ["ORIGINAL", "PRIMARY", "M", "ND", "MOSAIC"], "ImagingFrequency": 123.193, "InPlanePhaseEncodingDirectionDICOM": "COL", "InstitutionAddress": "E 24th St. 100,Austin,Southmiddle,US,78712", "InstitutionName": "Univ of Texas at Austin", "InstitutionalDepartmentName": "IRC", "MRAcquisitionType": "2D", "MagneticFieldStrength": 3, "Manufacturer": "Siemens", "ManufacturersModelName": "Skyra", "Modality": "MR", "MultibandAccelerationFactor": 4, "ParallelReductionFactorInPlane": 2, "PartialFourier": 1, "PatientPosition": "HFS", "PercentPhaseFOV": 100, "PercentSampling": 100, "PhaseEncodingDirection": "j-", "PhaseEncodingSteps": 96, "PhaseResolution": 1, "PixelBandwidth": 2005, "ProcedureStepDescription": "Poldrack2^self-scanning", "ProtocolName": "Resting State fMRI MBEPI_matrix96_BW2004", "PulseSequenceDetails": "%CustomerSeq%\\cmrr_mbep2d_bold", "ReceiveCoilActiveElements": "HEA;HEP", "ReceiveCoilName": "Head_32", "ReconMatrixPE": 96, "RefLinesPE": 48, "RepetitionTime": 1.16, "ScanOptions": "FS", "ScanningSequence": "EP", "SequenceName": "epfid2d1_96", "SequenceVariant": "SK", "SeriesDescription": "Resting State fMRI MBEPI_matrix96_BW2004", "SeriesNumber": 16, "ShimSetting": [-2767, 8020, -15425, -18, -236, 102, 234, -28], "SliceThickness": 2, "SliceTiming": [0, 0.5, 0.9975, 0.3575, 0.855, 0.215, 0.7125, 0.0725, 0.57, 1.07, 0.4275, 0.9275, 0.285, 0.785, 0.1425, 0.6425, 0, 0.5, 0.9975, 0.3575, 0.855, 0.215, 0.7125, 0.0725, 0.57, 1.07, 0.4275, 0.9275, 0.285, 0.785, 0.1425, 0.6425, 0, 0.5, 0.9975, 0.3575, 0.855, 0.215, 0.7125, 0.0725, 0.57, 1.07, 0.4275, 0.9275, 0.285, 0.785, 0.1425, 0.6425, 0, 0.5, 0.9975, 0.3575, 0.855, 0.215, 0.7125, 0.0725, 0.57, 1.07, 0.4275, 0.9275, 0.285, 0.785, 0.1425, 0.6425], "SoftwareVersions": "syngo MR D13", "SpacingBetweenSlices": 2.4, "StationName": "AWP45239", "TaskName": "Resting fmri", "TotalReadoutTime": 0.0294501, "TxRefAmp": 339.885, "WipMemBlock": "1013d436-43ef-4eff-959c-5a98edca6375||Sequence: vd13a/R010 r/5b5bc96; Nov 20 2013 18:17:03 by eja", "dcmmeta_affine": [[-2.39573335647583, -0.01411337498575449, -0.01675504446029663, 118.8540267944336], [-0.00645650876685977, 2.205376386642456, -0.9377318620681763, -93.31539154052734], [-0.020910724997520447, 0.9360197186470032, 2.209157943725586, -66.11933135986328], [0.0, 0.0, 0.0, 1.0]], "dcmmeta_reorient_transform": [[0.0, -1.0, 0.0, 95.0], [1.0, 0.0, 0.0, 0.0], [0.0, 0.0, 1.0, 0.0], [0.0, 0.0, 0.0, 1.0]], "dcmmeta_shape": [96, 96, 64, 518], "dcmmeta_slice_dim": 2, "dcmmeta_version": 0.6, "global": {"const": {"AcquisitionMatrix": [96, 0, 0, 96], "AngioFlag": "N", "BitsAllocated": 16, "BitsStored": 16, "BodyPartExamined": "BRAIN", "Columns": 768, "DeidentificationMethodCodeSequence": [{"CodeMeaning": "XNAT Edit Script", "CodeValue": "93", "CodingSchemeDesignator": "XNAT", "CodingSchemeVersion": "0.1"}], "EchoNumbers": 1, "EchoTime": 30.0, "EchoTrainLength": 48, "FlipAngle": 63.0, "HighBit": 15, "ImageOrientationPatient": [0.99995827930959, 0.00269489067444, -0.0087279553424, -0.0058908002531, 0.92050494893188, -0.3906864951138], "ImagePositionPatient": [-917.73755219976, -859.37121283669, 344.33115909211], "ImageType": ["ORIGINAL", "PRIMARY", "M", "ND", "MOSAIC"], "ImagedNucleus": "1H", "ImagingFrequency": 123.19298, "InPlanePhaseEncodingDirection": "COL", "MRAcquisitionType": "2D", "MagneticFieldStrength": 3.0, "Manufacturer": "SIEMENS", "ManufacturerModelName": "Skyra", "Modality": "MR", "NumberOfAverages": 1.0, "NumberOfPhaseEncodingSteps": 96, "PercentPhaseFieldOfView": 100.0, "PercentSampling": 100.0, "PerformedProcedureStepStartTime": "071351.973000", "PhotometricInterpretation": "MONOCHROME2", "PixelBandwidth": 2005.0, "PixelRepresentation": 0, "PixelSpacing": [2.3958332538605, 2.3958332538605], "ProtocolName": "Resting State fMRI MBEPI_matrix96_BW2004", "RepetitionTime": 1160.0, "Rows": 768, "SAR": 0.0, "SamplesPerPixel": 1, "ScanOptions": "FS", "ScanningSequence": "EP", "SequenceName": "epfid2d1_96", "SequenceVariant": "SK", "SeriesDescription": "Resting State fMRI MBEPI_matrix96_BW2004", "SeriesNumber": 16, "SeriesTime": "105039.186000", "SliceLocation": -25.231097783252, "SliceThickness": 2.0, "SmallestImagePixelValue": 0, "SoftwareVersions": "syngo MR D13", "SpacingBetweenSlices": 2.4000000295381, "SpecificCharacterSet": "ISO_IR 100", "StudyID": "1", "StudyTime": "071351.909000", "TransmitCoilName": "Body", "VariableFlipAngleFlag": "N", "WindowCenterWidthExplanation": "Algo1", "dBdt": 0.0}, "slices": {}}, "time": {"samples": {"AcquisitionNumber": [1, 2, 3, 4, 5, 6, 7, 8, 9, 10, 11, 12, 13, 14, 15, 16, 17, 18, 19, 20, 21, 22, 23, 24, 25, 26, 27, 28, 29, 30, 31, 32, 33, 34, 35, 36, 37, 38, 39, 40, 41, 42, 43, 44, 45, 46, 47, 48, 49, 50, 51, 52, 53, 54, 55, 56, 57, 58, 59, 60, 61, 62, 63, 64, 65, 66, 67, 68, 69, 70, 71, 72, 73, 74, 75, 76, 77, 78, 79, 80, 81, 82, 83, 84, 85, 86, 87, 88, 89, 90, 91, 92, 93, 94, 95, 96, 97, 98, 99, 100, 101, 102, 103, 104, 105, 106, 107, 108, 109, 110, 111, 112, 113, 114, 115, 116, 117, 118, 119, 120, 121, 122, 123, 124, 125, 126, 127, 128, 129, 130, 131, 132, 133, 134, 135, 136, 137, 138, 139, 140, 141, 142, 143, 144, 145, 146, 147, 148, 149, 150, 151, 152, 153, 154, 155, 156, 157, 158, 159, 160, 161, 162, 163, 164, 165, 166, 167, 168, 169, 170, 171, 172, 173, 174, 175, 176, 177, 178, 179, 180, 181, 182, 183, 184, 185, 186, 187, 188, 189, 190, 191, 192, 193, 194, 195, 196, 197, 198, 199, 200, 201, 202, 203, 204, 205, 206, 207, 208, 209, 210, 211, 212, 213, 214, 215, 216, 217, 218, 219, 220, 221, 222, 223, 224, 225, 226, 227, 228, 229, 230, 231, 232, 233, 234, 235, 236, 237, 238, 239, 240, 241, 242, 243, 244, 245, 246, 247, 248, 249, 250, 251, 252, 253, 254, 255, 256, 257, 258, 259, 260, 261, 262, 263, 264, 265, 266, 267, 268, 269, 270, 271, 272, 273, 274, 275, 276, 277, 278, 279, 280, 281, 282, 283, 284, 285, 286, 287, 288, 289, 290, 291, 292, 293, 294, 295, 296, 297, 298, 299, 300, 301, 302, 303, 304, 305, 306, 307, 308, 309, 310, 311, 312, 313, 314, 315, 316, 317, 318, 319, 320, 321, 322, 323, 324, 325, 326, 327, 328, 329, 330, 331, 332, 333, 334, 335, 336, 337, 338, 339, 340, 341, 342, 343, 344, 345, 346, 347, 348, 349, 350, 351, 352, 353, 354, 355, 356, 357, 358, 359, 360, 361, 362, 363, 364, 365, 366, 367, 368, 369, 370, 371, 372, 373, 374, 375, 376, 377, 378, 379, 380, 381, 382, 383, 384, 385, 386, 387, 388, 389, 390, 391, 392, 393, 394, 395, 396, 397, 398, 399, 400, 401, 402, 403, 404, 405, 406, 407, 408, 409, 410, 411, 412, 413, 414, 415, 416, 417, 418, 419, 420, 421, 422, 423, 424, 425, 426, 427, 428, 429, 430, 431, 432, 433, 434, 435, 436, 437, 438, 439, 440, 441, 442, 443, 444, 445, 446, 447, 448, 449, 450, 451, 452, 453, 454, 455, 456, 457, 458, 459, 460, 461, 462, 463, 464, 465, 466, 467, 468, 469, 470, 471, 472, 473, 474, 475, 476, 477, 478, 479, 480, 481, 482, 483, 484, 485, 486, 487, 488, 489, 490, 491, 492, 493, 494, 495, 496, 497, 498, 499, 500, 501, 502, 503, 504, 505, 506, 507, 508, 509, 510, 511, 512, 513, 514, 515, 516, 517, 518], "AcquisitionTime": ["073458.625000", "073505.545000", "073506.685000", "073507.825000", "073508.965000", "073510.105000", "073511.245000", "073512.385000", "073513.525000", "073514.665000", "073515.805000", "073516.945000", "073518.085000", "073519.225000", "073520.365000", "073521.505000", "073522.645000", "073523.785000", "073524.925000", "073526.065000", "073527.205000", "073528.345000", "073529.485000", "073530.625000", "073531.765000", "073532.905000", "073534.045000", "073535.185000", "073536.325000", "073537.465000", "073538.605000", "073539.745000", "073540.885000", "073542.025000", "073543.165000", "073544.305000", "073545.445000", "073546.585000", "073547.725000", "073548.865000", "073550.005000", "073551.145000", "073552.285000", "073553.425000", "073554.565000", "073555.705000", "073556.845000", "073557.985000", "073559.125000", "073600.265000", "073601.405000", "073602.545000", "073603.685000", "073604.825000", "073605.965000", "073607.105000", "073608.245000", "073609.385000", "073610.525000", "073611.665000", "073612.805000", "073613.945000", "073615.085000", "073616.225000", "073617.365000", "073618.505000", "073619.645000", "073620.785000", "073621.925000", "073623.065000", "073624.205000", "073625.345000", "073626.485000", "073627.625000", "073628.765000", "073629.905000", "073631.045000", "073632.185000", "073633.325000", "073634.465000", "073635.605000", "073636.745000", "073637.885000", "073639.025000", "073640.165000", "073641.305000", "073642.445000", "073643.585000", "073644.725000", "073645.865000", "073647.005000", "073648.145000", "073649.285000", "073650.425000", "073651.565000", "073652.705000", "073653.845000", "073654.985000", "073656.125000", "073657.265000", "073658.405000", "073659.545000", "073700.685000", "073701.825000", "073702.965000", "073704.105000", "073705.245000", "073706.385000", "073707.525000", "073708.665000", "073709.805000", "073710.945000", "073712.085000", "073713.225000", "073714.365000", "073715.505000", "073716.645000", "073717.785000", "073718.925000", "073720.065000", "073721.205000", "073722.345000", "073723.485000", "073724.625000", "073725.765000", "073726.905000", "073728.045000", "073729.185000", "073730.325000", "073731.465000", "073732.605000", "073733.745000", "073734.885000", "073736.025000", "073737.165000", "073738.305000", "073739.445000", "073740.585000", "073741.725000", "073742.865000", "073744.005000", "073745.145000", "073746.285000", "073747.425000", "073748.565000", "073749.705000", "073750.845000", "073751.985000", "073753.125000", "073754.265000", "073755.405000", "073756.545000", "073757.685000", "073758.825000", "073759.965000", "073801.105000", "073802.245000", "073803.385000", "073804.525000", "073805.665000", "073806.805000", "073807.945000", "073809.085000", "073810.225000", "073811.365000", "073812.505000", "073813.645000", "073814.785000", "073815.925000", "073817.065000", "073818.205000", "073819.345000", "073820.485000", "073821.625000", "073822.765000", "073823.905000", "073825.045000", "073826.185000", "073827.325000", "073828.465000", "073829.605000", "073830.745000", "073831.885000", "073833.025000", "073834.165000", "073835.305000", "073836.445000", "073837.585000", "073838.725000", "073839.865000", "073841.005000", "073842.145000", "073843.285000", "073844.425000", "073845.565000", "073846.705000", "073847.845000", "073848.985000", "073850.125000", "073851.265000", "073852.405000", "073853.545000", "073854.685000", "073855.825000", "073856.965000", "073858.105000", "073859.245000", "073900.385000", "073901.525000", "073902.665000", "073903.805000", "073904.945000", "073906.085000", "073907.225000", "073908.365000", "073909.505000", "073910.645000", "073911.785000", "073912.925000", "073914.065000", "073915.205000", "073916.345000", "073917.485000", "073918.625000", "073919.765000", "073920.905000", "073922.045000", "073923.185000", "073924.325000", "073925.465000", "073926.605000", "073927.745000", "073928.885000", "073930.025000", "073931.165000", "073932.305000", "073933.445000", "073934.585000", "073935.725000", "073936.865000", "073938.005000", "073939.145000", "073940.285000", "073941.425000", "073942.565000", "073943.705000", "073944.845000", "073945.985000", "073947.125000", "073948.265000", "073949.405000", "073950.545000", "073951.685000", "073952.825000", "073953.965000", "073955.105000", "073956.245000", "073957.385000", "073958.525000", "073959.665000", "074000.805000", "074001.945000", "074003.085000", "074004.225000", "074005.365000", "074006.505000", "074007.645000", "074008.785000", "074009.925000", "074011.065000", "074012.205000", "074013.345000", "074014.485000", "074015.625000", "074016.765000", "074017.905000", "074019.045000", "074020.185000", "074021.325000", "074022.465000", "074023.605000", "074024.745000", "074025.885000", "074027.025000", "074028.165000", "074029.305000", "074030.445000", "074031.585000", "074032.725000", "074033.865000", "074035.005000", "074036.145000", "074037.285000", "074038.425000", "074039.565000", "074040.705000", "074041.845000", "074042.985000", "074044.125000", "074045.265000", "074046.405000", "074047.545000", "074048.685000", "074049.825000", "074050.965000", "074052.105000", "074053.245000", "074054.385000", "074055.525000", "074056.665000", "074057.805000", "074058.945000", "074100.085000", "074101.225000", "074102.365000", "074103.505000", "074104.645000", "074105.785000", "074106.925000", "074108.065000", "074109.205000", "074110.345000", "074111.485000", "074112.625000", "074113.765000", "074114.905000", "074116.045000", "074117.185000", "074118.325000", "074119.465000", "074120.605000", "074121.745000", "074122.885000", "074124.025000", "074125.165000", "074126.305000", "074127.445000", "074128.585000", "074129.725000", "074130.865000", "074132.005000", "074133.145000", "074134.285000", "074135.425000", "074136.565000", "074137.705000", "074138.845000", "074139.985000", "074141.125000", "074142.265000", "074143.405000", "074144.545000", "074145.685000", "074146.825000", "074147.965000", "074149.105000", "074150.245000", "074151.385000", "074152.525000", "074153.665000", "074154.805000", "074155.945000", "074157.085000", "074158.225000", "074159.365000", "074200.505000", "074201.645000", "074202.785000", "074203.925000", "074205.065000", "074206.205000", "074207.345000", "074208.485000", "074209.625000", "074210.765000", "074211.905000", "074213.045000", "074214.185000", "074215.325000", "074216.465000", "074217.605000", "074218.745000", "074219.885000", "074221.025000", "074222.165000", "074223.305000", "074224.445000", "074225.585000", "074226.725000", "074227.865000", "074229.005000", "074230.145000", "074231.285000", "074232.425000", "074233.565000", "074234.705000", "074235.845000", "074236.985000", "074238.125000", "074239.265000", "074240.405000", "074241.545000", "074242.685000", "074243.825000", "074244.965000", "074246.105000", "074247.245000", "074248.385000", "074249.525000", "074250.665000", "074251.805000", "074252.945000", "074254.085000", "074255.225000", "074256.365000", "074257.505000", "074258.645000", "074259.785000", "074300.925000", "074302.065000", "074303.205000", "074304.345000", "074305.485000", "074306.625000", "074307.765000", "074308.905000", "074310.045000", "074311.185000", "074312.325000", "074313.465000", "074314.605000", "074315.745000", "074316.885000", "074318.025000", "074319.165000", "074320.305000", "074321.445000", "074322.585000", "074323.725000", "074324.865000", "074326.005000", "074327.145000", "074328.285000", "074329.425000", "074330.565000", "074331.705000", "074332.845000", "074333.985000", "074335.125000", "074336.265000", "074337.405000", "074338.545000", "074339.685000", "074340.825000", "074341.965000", "074343.105000", "074344.245000", "074345.385000", "074346.525000", "074347.665000", "074348.805000", "074349.945000", "074351.085000", "074352.225000", "074353.365000", "074354.505000", "074355.645000", "074356.785000", "074357.925000", "074359.065000", "074400.205000", "074401.345000", "074402.485000", "074403.625000", "074404.765000", "074405.905000", "074407.045000", "074408.185000", "074409.325000", "074410.465000", "074411.605000", "074412.745000", "074413.885000", "074415.025000", "074416.165000", "074417.305000", "074418.445000", "074419.585000", "074420.725000", "074421.865000", "074423.005000", "074424.145000", "074425.285000", "074426.425000", "074427.565000", "074428.705000", "074429.845000", "074430.985000", "074432.125000", "074433.265000", "074434.405000", "074435.545000", "074436.685000", "074437.825000", "074438.965000", "074440.105000", "074441.245000", "074442.385000", "074443.525000", "074444.665000", "074445.805000", "074446.945000", "074448.085000", "074449.225000", "074450.365000", "074451.505000", "074452.645000", "074453.785000"], "ContentTime": ["105039.189000", "105039.193000", "105039.197000", "105039.201000", "105039.207000", "105039.210000", "105039.214000", "105039.218000", "105039.222000", "105039.226000", "105039.235000", "105039.246000", "105039.250000", "105039.254000", "105039.258000", "105039.261000", "105039.265000", "105039.269000", "105039.272000", "105039.276000", "105039.280000", "105039.284000", "105039.287000", "105039.291000", "105039.296000", "105039.300000", "105039.307000", "105039.311000", "105039.315000", "105059.142000", "105059.147000", "105059.151000", "105059.155000", "105059.158000", "105059.164000", "105059.168000", "105059.171000", "105059.175000", "105059.179000", "105059.183000", "105059.187000", "105059.196000", "105059.200000", "105059.204000", "105059.208000", "105059.212000", "105059.216000", "105059.219000", "105059.224000", "105119.141000", "105119.145000", "105119.149000", "105119.153000", "105119.157000", "105119.160000", "105119.164000", "105119.168000", "105119.172000", "105119.176000", "105119.180000", "105119.184000", "105119.188000", "105119.192000", "105119.196000", "105119.200000", "105119.204000", "105119.208000", "105119.212000", "105119.216000", "105139.142000", "105139.146000", "105139.150000", "105139.154000", "105139.158000", "105139.162000", "105139.166000", "105139.170000", "105139.174000", "105139.178000", "105139.181000", "105139.185000", "105139.189000", "105139.193000", "105139.197000", "105139.204000", "105139.209000", "105139.213000", "105139.217000", "105139.221000", "105159.142000", "105159.146000", "105159.150000", "105159.154000", "105159.158000", "105159.161000", "105159.165000", "105159.169000", "105159.173000", "105159.177000", "105159.180000", "105159.184000", "105159.188000", "105159.191000", "105159.195000", "105159.199000", "105159.202000", "105159.206000", "105159.210000", "105159.214000", "105159.218000", "105219.142000", "105219.146000", "105219.149000", "105219.153000", "105219.157000", "105219.161000", "105219.165000", "105219.168000", "105219.172000", "105219.176000", "105219.180000", "105219.184000", "105219.188000", "105219.192000", "105219.196000", "105219.200000", "105219.204000", "105219.208000", "105219.212000", "105219.216000", "105239.141000", "105239.145000", "105239.149000", "105239.153000", "105239.157000", "105239.161000", "105239.165000", "105239.169000", "105239.172000", "105239.176000", "105239.180000", "105239.184000", "105239.188000", "105239.192000", "105239.196000", "105239.199000", "105239.203000", "105239.207000", "105239.211000", "105239.215000", "105259.141000", "105259.146000", "105259.150000", "105259.153000", "105259.157000", "105259.161000", "105259.164000", "105259.168000", "105259.172000", "105259.176000", "105259.180000", "105259.183000", "105259.187000", "105259.191000", "105259.194000", "105259.198000", "105259.202000", "105259.206000", "105259.210000", "105259.213000", "105319.141000", "105319.146000", "105319.150000", "105319.154000", "105319.159000", "105319.163000", "105319.168000", "105319.172000", "105319.176000", "105319.180000", "105319.185000", "105319.189000", "105319.193000", "105319.196000", "105319.200000", "105319.205000", "105319.209000", "105319.212000", "105319.216000", "105319.220000", "105319.224000", "105339.139000", "105339.144000", "105339.148000", "105339.153000", "105339.157000", "105339.161000", "105339.166000", "105339.181000", "105339.186000", "105339.191000", "105339.197000", "105339.201000", "105339.206000", "105339.210000", "105339.214000", "105339.218000", "105339.222000", "105339.232000", "105339.236000", "105339.240000", "105359.141000", "105359.146000", "105359.150000", "105359.154000", "105359.158000", "105359.166000", "105359.170000", "105359.175000", "105359.179000", "105359.183000", "105359.187000", "105359.192000", "105359.197000", "105359.201000", "105359.206000", "105359.210000", "105359.214000", "105359.219000", "105359.223000", "105359.227000", "105359.231000", "105419.142000", "105419.147000", "105419.151000", "105419.156000", "105419.159000", "105419.163000", "105419.167000", "105419.171000", "105419.175000", "105419.178000", "105419.182000", "105419.186000", "105419.190000", "105419.194000", "105419.198000", "105419.203000", "105419.207000", "105419.212000", "105419.216000", "105419.221000", "105419.225000", "105439.143000", "105439.148000", "105439.152000", "105439.155000", "105439.159000", "105439.163000", "105439.167000", "105439.172000", "105439.175000", "105439.179000", "105439.183000", "105439.186000", "105439.190000", "105439.194000", "105439.198000", "105439.201000", "105439.205000", "105439.209000", "105439.213000", "105439.216000", "105459.142000", "105459.147000", "105459.151000", "105459.155000", "105459.158000", "105459.162000", "105459.166000", "105459.170000", "105459.173000", "105459.177000", "105459.181000", "105459.185000", "105459.189000", "105459.193000", "105459.197000", "105459.201000", "105459.205000", "105459.209000", "105459.213000", "105459.217000", "105459.221000", "105519.143000", "105519.147000", "105519.151000", "105519.155000", "105519.159000", "105519.163000", "105519.167000", "105519.171000", "105519.175000", "105519.179000", "105519.183000", "105519.186000", "105519.190000", "105519.194000", "105519.198000", "105519.202000", "105519.206000", "105519.210000", "105519.214000", "105519.217000", "105539.142000", "105539.147000", "105539.150000", "105539.154000", "105539.159000", "105539.163000", "105539.167000", "105539.171000", "105539.175000", "105539.179000", "105539.183000", "105539.187000", "105539.190000", "105539.194000", "105539.198000", "105539.203000", "105539.206000", "105539.210000", "105539.214000", "105539.218000", "105539.222000", "105559.143000", "105559.147000", "105559.152000", "105559.157000", "105559.161000", "105559.165000", "105559.169000", "105559.173000", "105559.177000", "105559.181000", "105559.185000", "105559.188000", "105559.193000", "105559.196000", "105559.200000", "105559.204000", "105559.208000", "105559.212000", "105559.216000", "105559.221000", "105619.142000", "105619.146000", "105619.150000", "105619.154000", "105619.158000", "105619.162000", "105619.166000", "105619.170000", "105619.174000", "105619.178000", "105619.182000", "105619.185000", "105619.189000", "105619.193000", "105619.196000", "105619.200000", "105619.204000", "105619.216000", "105619.220000", "105619.224000", "105619.228000", "105639.142000", "105639.147000", "105639.151000", "105639.155000", "105639.158000", "105639.162000", "105639.166000", "105639.170000", "105639.174000", "105639.178000", "105639.182000", "105639.186000", "105639.190000", "105639.193000", "105639.197000", "105639.202000", "105639.205000", "105639.209000", "105639.213000", "105639.217000", "105639.221000", "105659.143000", "105659.147000", "105659.151000", "105659.155000", "105659.159000", "105659.163000", "105659.167000", "105659.171000", "105659.175000", "105659.179000", "105659.182000", "105659.186000", "105659.190000", "105659.194000", "105659.198000", "105659.202000", "105659.206000", "105659.209000", "105659.213000", "105659.217000", "105659.220000", "105719.143000", "105719.147000", "105719.151000", "105719.155000", "105719.159000", "105719.163000", "105719.167000", "105719.171000", "105719.175000", "105719.179000", "105719.183000", "105719.187000", "105719.191000", "105719.194000", "105719.198000", "105719.202000", "105719.206000", "105719.210000", "105719.213000", "105719.217000", "105739.143000", "105739.148000", "105739.151000", "105739.155000", "105739.159000", "105739.163000", "105739.167000", "105739.171000", "105739.175000", "105739.179000", "105739.183000", "105739.187000", "105739.190000", "105739.194000", "105739.198000", "105739.202000", "105739.206000", "105739.210000", "105739.214000", "105739.218000", "105739.221000", "105759.142000", "105759.146000", "105759.150000", "105759.154000", "105759.158000", "105759.162000", "105759.166000", "105759.170000", "105759.174000", "105759.178000", "105759.181000", "105759.185000", "105759.189000", "105759.193000", "105759.197000", "105759.201000", "105759.205000", "105759.213000", "105759.217000", "105759.221000", "105819.142000", "105819.147000", "105819.150000", "105819.154000", "105819.158000", "105819.163000", "105819.167000", "105819.171000", "105819.174000", "105819.178000", "105819.182000", "105819.186000", "105819.190000", "105819.194000", "105819.198000", "105819.202000", "105819.207000", "105819.210000", "105819.215000", "105819.219000", "105819.223000", "105835.995000", "105836.000000", "105836.004000", "105836.008000", "105836.012000", "105836.016000", "105836.020000", "105836.023000", "105836.027000", "105836.031000", "105836.035000", "105836.039000", "105836.043000", "105836.047000", "105836.050000", "105836.054000", "105836.058000", "105836.082000"], "InstanceCreationTime": ["105039.189000", "105039.193000", "105039.197000", "105039.201000", "105039.207000", "105039.210000", "105039.214000", "105039.218000", "105039.222000", "105039.226000", "105039.235000", "105039.246000", "105039.250000", "105039.254000", "105039.258000", "105039.261000", "105039.265000", "105039.269000", "105039.272000", "105039.276000", "105039.280000", "105039.284000", "105039.287000", "105039.291000", "105039.296000", "105039.300000", "105039.307000", "105039.311000", "105039.315000", "105059.142000", "105059.147000", "105059.151000", "105059.155000", "105059.158000", "105059.164000", "105059.168000", "105059.171000", "105059.175000", "105059.179000", "105059.183000", "105059.187000", "105059.196000", "105059.200000", "105059.204000", "105059.208000", "105059.212000", "105059.216000", "105059.219000", "105059.224000", "105119.141000", "105119.145000", "105119.149000", "105119.153000", "105119.157000", "105119.160000", "105119.164000", "105119.168000", "105119.172000", "105119.176000", "105119.180000", "105119.184000", "105119.188000", "105119.192000", "105119.196000", "105119.200000", "105119.204000", "105119.208000", "105119.212000", "105119.216000", "105139.142000", "105139.146000", "105139.150000", "105139.154000", "105139.158000", "105139.162000", "105139.166000", "105139.170000", "105139.174000", "105139.178000", "105139.181000", "105139.185000", "105139.189000", "105139.193000", "105139.197000", "105139.204000", "105139.209000", "105139.213000", "105139.217000", "105139.221000", "105159.142000", "105159.146000", "105159.150000", "105159.154000", "105159.158000", "105159.161000", "105159.165000", "105159.169000", "105159.173000", "105159.177000", "105159.180000", "105159.184000", "105159.188000", "105159.191000", "105159.195000", "105159.199000", "105159.202000", "105159.206000", "105159.210000", "105159.214000", "105159.218000", "105219.142000", "105219.146000", "105219.149000", "105219.153000", "105219.157000", "105219.161000", "105219.165000", "105219.168000", "105219.172000", "105219.176000", "105219.180000", "105219.184000", "105219.188000", "105219.192000", "105219.196000", "105219.200000", "105219.204000", "105219.208000", "105219.212000", "105219.216000", "105239.141000", "105239.145000", "105239.149000", "105239.153000", "105239.157000", "105239.161000", "105239.165000", "105239.169000", "105239.172000", "105239.176000", "105239.180000", "105239.184000", "105239.188000", "105239.192000", "105239.196000", "105239.199000", "105239.203000", "105239.207000", "105239.211000", "105239.215000", "105259.141000", "105259.146000", "105259.150000", "105259.153000", "105259.157000", "105259.161000", "105259.164000", "105259.168000", "105259.172000", "105259.176000", "105259.180000", "105259.183000", "105259.187000", "105259.191000", "105259.194000", "105259.198000", "105259.202000", "105259.206000", "105259.210000", "105259.213000", "105319.141000", "105319.146000", "105319.150000", "105319.154000", "105319.159000", "105319.163000", "105319.168000", "105319.172000", "105319.176000", "105319.180000", "105319.185000", "105319.189000", "105319.193000", "105319.196000", "105319.200000", "105319.205000", "105319.209000", "105319.212000", "105319.216000", "105319.220000", "105319.224000", "105339.139000", "105339.144000", "105339.148000", "105339.153000", "105339.157000", "105339.161000", "105339.166000", "105339.181000", "105339.186000", "105339.191000", "105339.197000", "105339.201000", "105339.206000", "105339.210000", "105339.214000", "105339.218000", "105339.222000", "105339.232000", "105339.236000", "105339.240000", "105359.141000", "105359.146000", "105359.150000", "105359.154000", "105359.158000", "105359.166000", "105359.170000", "105359.175000", "105359.179000", "105359.183000", "105359.187000", "105359.192000", "105359.197000", "105359.201000", "105359.206000", "105359.210000", "105359.214000", "105359.219000", "105359.223000", "105359.227000", "105359.231000", "105419.142000", "105419.147000", "105419.151000", "105419.156000", "105419.159000", "105419.163000", "105419.167000", "105419.171000", "105419.175000", "105419.178000", "105419.182000", "105419.186000", "105419.190000", "105419.194000", "105419.198000", "105419.203000", "105419.207000", "105419.212000", "105419.216000", "105419.221000", "105419.225000", "105439.143000", "105439.148000", "105439.152000", "105439.155000", "105439.159000", "105439.163000", "105439.167000", "105439.172000", "105439.175000", "105439.179000", "105439.183000", "105439.186000", "105439.190000", "105439.194000", "105439.198000", "105439.201000", "105439.205000", "105439.209000", "105439.213000", "105439.216000", "105459.142000", "105459.147000", "105459.151000", "105459.155000", "105459.158000", "105459.162000", "105459.166000", "105459.170000", "105459.173000", "105459.177000", "105459.181000", "105459.185000", "105459.189000", "105459.193000", "105459.197000", "105459.201000", "105459.205000", "105459.209000", "105459.213000", "105459.217000", "105459.221000", "105519.143000", "105519.147000", "105519.151000", "105519.155000", "105519.159000", "105519.163000", "105519.167000", "105519.171000", "105519.175000", "105519.179000", "105519.183000", "105519.186000", "105519.190000", "105519.194000", "105519.198000", "105519.202000", "105519.206000", "105519.210000", "105519.214000", "105519.217000", "105539.142000", "105539.147000", "105539.150000", "105539.154000", "105539.159000", "105539.163000", "105539.167000", "105539.171000", "105539.175000", "105539.179000", "105539.183000", "105539.187000", "105539.190000", "105539.194000", "105539.198000", "105539.203000", "105539.206000", "105539.210000", "105539.214000", "105539.218000", "105539.222000", "105559.143000", "105559.147000", "105559.152000", "105559.157000", "105559.161000", "105559.165000", "105559.169000", "105559.173000", "105559.177000", "105559.181000", "105559.185000", "105559.188000", "105559.193000", "105559.196000", "105559.200000", "105559.204000", "105559.208000", "105559.212000", "105559.216000", "105559.221000", "105619.142000", "105619.146000", "105619.150000", "105619.154000", "105619.158000", "105619.162000", "105619.166000", "105619.170000", "105619.174000", "105619.178000", "105619.182000", "105619.185000", "105619.189000", "105619.193000", "105619.196000", "105619.200000", "105619.204000", "105619.216000", "105619.220000", "105619.224000", "105619.228000", "105639.142000", "105639.147000", "105639.151000", "105639.155000", "105639.158000", "105639.162000", "105639.166000", "105639.170000", "105639.174000", "105639.178000", "105639.182000", "105639.186000", "105639.190000", "105639.193000", "105639.197000", "105639.202000", "105639.205000", "105639.209000", "105639.213000", "105639.217000", "105639.221000", "105659.143000", "105659.147000", "105659.151000", "105659.155000", "105659.159000", "105659.163000", "105659.167000", "105659.171000", "105659.175000", "105659.179000", "105659.182000", "105659.186000", "105659.190000", "105659.194000", "105659.198000", "105659.202000", "105659.206000", "105659.209000", "105659.213000", "105659.217000", "105659.220000", "105719.143000", "105719.147000", "105719.151000", "105719.155000", "105719.159000", "105719.163000", "105719.167000", "105719.171000", "105719.175000", "105719.179000", "105719.183000", "105719.187000", "105719.191000", "105719.194000", "105719.198000", "105719.202000", "105719.206000", "105719.210000", "105719.213000", "105719.217000", "105739.143000", "105739.148000", "105739.151000", "105739.155000", "105739.159000", "105739.163000", "105739.167000", "105739.171000", "105739.175000", "105739.179000", "105739.183000", "105739.187000", "105739.190000", "105739.194000", "105739.198000", "105739.202000", "105739.206000", "105739.210000", "105739.214000", "105739.218000", "105739.221000", "105759.142000", "105759.146000", "105759.150000", "105759.154000", "105759.158000", "105759.162000", "105759.166000", "105759.170000", "105759.174000", "105759.178000", "105759.181000", "105759.185000", "105759.189000", "105759.193000", "105759.197000", "105759.201000", "105759.205000", "105759.213000", "105759.217000", "105759.221000", "105819.142000", "105819.147000", "105819.150000", "105819.154000", "105819.158000", "105819.163000", "105819.167000", "105819.171000", "105819.174000", "105819.178000", "105819.182000", "105819.186000", "105819.190000", "105819.194000", "105819.198000", "105819.202000", "105819.207000", "105819.210000", "105819.215000", "105819.219000", "105819.223000", "105835.995000", "105836.000000", "105836.004000", "105836.008000", "105836.012000", "105836.016000", "105836.020000", "105836.023000", "105836.027000", "105836.031000", "105836.035000", "105836.039000", "105836.043000", "105836.047000", "105836.050000", "105836.054000", "105836.058000", "105836.082000"], "InstanceNumber": [1, 2, 3, 4, 5, 6, 7, 8, 9, 10, 11, 12, 13, 14, 15, 16, 17, 18, 19, 20, 21, 22, 23, 24, 25, 26, 27, 28, 29, 30, 31, 32, 33, 34, 35, 36, 37, 38, 39, 40, 41, 42, 43, 44, 45, 46, 47, 48, 49, 50, 51, 52, 53, 54, 55, 56, 57, 58, 59, 60, 61, 62, 63, 64, 65, 66, 67, 68, 69, 70, 71, 72, 73, 74, 75, 76, 77, 78, 79, 80, 81, 82, 83, 84, 85, 86, 87, 88, 89, 90, 91, 92, 93, 94, 95, 96, 97, 98, 99, 100, 101, 102, 103, 104, 105, 106, 107, 108, 109, 110, 111, 112, 113, 114, 115, 116, 117, 118, 119, 120, 121, 122, 123, 124, 125, 126, 127, 128, 129, 130, 131, 132, 133, 134, 135, 136, 137, 138, 139, 140, 141, 142, 143, 144, 145, 146, 147, 148, 149, 150, 151, 152, 153, 154, 155, 156, 157, 158, 159, 160, 161, 162, 163, 164, 165, 166, 167, 168, 169, 170, 171, 172, 173, 174, 175, 176, 177, 178, 179, 180, 181, 182, 183, 184, 185, 186, 187, 188, 189, 190, 191, 192, 193, 194, 195, 196, 197, 198, 199, 200, 201, 202, 203, 204, 205, 206, 207, 208, 209, 210, 211, 212, 213, 214, 215, 216, 217, 218, 219, 220, 221, 222, 223, 224, 225, 226, 227, 228, 229, 230, 231, 232, 233, 234, 235, 236, 237, 238, 239, 240, 241, 242, 243, 244, 245, 246, 247, 248, 249, 250, 251, 252, 253, 254, 255, 256, 257, 258, 259, 260, 261, 262, 263, 264, 265, 266, 267, 268, 269, 270, 271, 272, 273, 274, 275, 276, 277, 278, 279, 280, 281, 282, 283, 284, 285, 286, 287, 288, 289, 290, 291, 292, 293, 294, 295, 296, 297, 298, 299, 300, 301, 302, 303, 304, 305, 306, 307, 308, 309, 310, 311, 312, 313, 314, 315, 316, 317, 318, 319, 320, 321, 322, 323, 324, 325, 326, 327, 328, 329, 330, 331, 332, 333, 334, 335, 336, 337, 338, 339, 340, 341, 342, 343, 344, 345, 346, 347, 348, 349, 350, 351, 352, 353, 354, 355, 356, 357, 358, 359, 360, 361, 362, 363, 364, 365, 366, 367, 368, 369, 370, 371, 372, 373, 374, 375, 376, 377, 378, 379, 380, 381, 382, 383, 384, 385, 386, 387, 388, 389, 390, 391, 392, 393, 394, 395, 396, 397, 398, 399, 400, 401, 402, 403, 404, 405, 406, 407, 408, 409, 410, 411, 412, 413, 414, 415, 416, 417, 418, 419, 420, 421, 422, 423, 424, 425, 426, 427, 428, 429, 430, 431, 432, 433, 434, 435, 436, 437, 438, 439, 440, 441, 442, 443, 444, 445, 446, 447, 448, 449, 450, 451, 452, 453, 454, 455, 456, 457, 458, 459, 460, 461, 462, 463, 464, 465, 466, 467, 468, 469, 470, 471, 472, 473, 474, 475, 476, 477, 478, 479, 480, 481, 482, 483, 484, 485, 486, 487, 488, 489, 490, 491, 492, 493, 494, 495, 496, 497, 498, 499, 500, 501, 502, 503, 504, 505, 506, 507, 508, 509, 510, 511, 512, 513, 514, 515, 516, 517, 518], "LargestImagePixelValue": [51912, 50207, 49290, 49054, 48544, 48436, 48382, 48410, 48094, 47839, 47938, 48024, 47816, 47925, 48198, 48191, 47915, 47429, 48099, 47994, 48226, 48089, 47824, 47820, 47869, 47771, 47932, 47834, 47948, 48344, 47384, 47545, 47849, 47894, 47782, 48069, 47613, 47436, 47782, 47870, 47674, 47827, 47967, 47639, 47308, 47587, 47795, 47641, 47824, 48106, 47380, 47987, 47505, 47859, 48234, 47958, 48597, 47619, 47750, 47000, 47540, 47329, 48153, 48198, 47166, 47541, 47865, 47596, 48530, 47585, 47515, 47662, 47385, 47493, 47583, 48239, 47566, 47744, 47684, 47471, 47849, 47774, 47515, 46941, 47361, 47459, 47607, 47743, 47217, 47029, 47568, 47442, 47868, 47164, 46997, 47569, 47946, 47350, 47492, 47334, 47972, 47532, 47081, 47571, 47146, 47420, 48099, 47687, 47110, 47360, 47102, 47273, 47399, 47696, 47277, 46801, 47137, 47778, 47676, 48079, 47954, 46918, 46928, 47644, 47744, 47808, 47675, 47106, 47343, 48076, 47572, 48026, 48383, 47833, 47431, 47673, 47581, 47554, 47584, 47773, 47274, 47401, 47038, 47387, 47630, 47692, 47646, 47425, 47002, 47233, 47023, 46663, 47982, 47636, 46952, 46815, 46883, 46818, 47279, 47157, 46914, 46841, 46850, 46760, 47082, 47429, 47166, 46819, 46906, 47329, 47358, 47035, 47097, 47059, 47099, 47145, 47576, 47241, 47368, 47209, 47486, 47565, 46886, 46576, 47068, 46966, 47175, 47330, 47105, 47120, 47062, 47395, 47316, 46922, 46831, 46930, 47121, 47080, 47588, 46589, 46772, 47106, 47387, 47657, 47619, 47347, 46931, 46816, 46765, 47465, 46643, 46974, 47257, 47315, 46984, 47378, 47088, 47397, 46914, 47132, 47446, 47311, 47328, 47117, 46882, 46874, 47000, 46833, 46994, 46775, 47410, 46749, 47068, 47327, 47344, 47084, 47093, 46905, 47164, 46987, 47159, 47225, 46992, 46777, 46930, 46810, 46984, 46991, 46865, 47181, 46937, 46744, 47611, 46892, 47266, 47497, 47344, 47114, 46749, 47080, 46917, 47164, 47272, 47261, 47353, 47133, 46963, 47433, 46771, 47069, 46968, 47341, 46708, 47518, 47762, 47552, 47256, 47273, 47280, 47178, 47100, 47694, 46977, 47245, 47332, 47157, 47230, 47520, 47492, 47112, 47256, 46935, 47817, 47224, 47387, 47178, 47414, 47043, 47365, 47106, 47170, 47233, 47619, 47102, 47692, 47195, 46944, 47574, 47422, 47295, 47238, 46650, 47382, 47622, 47385, 47566, 47411, 46966, 47756, 47167, 47165, 47537, 47343, 47424, 47398, 46966, 47959, 47246, 47619, 47139, 46956, 47460, 47457, 47194, 47560, 47269, 47398, 46887, 46981, 47236, 46714, 46912, 46788, 47013, 46884, 46620, 47166, 46799, 46932, 46524, 46982, 46638, 46915, 46735, 46683, 46745, 47581, 47328, 47147, 49290, 47476, 47256, 47022, 47049, 47490, 47210, 47344, 47019, 47263, 47290, 46925, 47359, 47124, 47048, 47411, 47649, 47057, 46636, 46683, 47206, 47386, 47301, 47200, 47168, 47360, 47433, 47265, 46920, 47792, 47266, 47268, 47043, 46479, 47616, 47430, 47537, 47530, 47780, 48003, 47373, 47194, 46940, 47254, 47600, 47119, 47015, 47330, 47235, 47642, 47012, 46916, 47362, 47466, 47046, 46751, 47185, 47550, 47566, 47404, 47109, 47684, 47435, 47353, 47618, 46956, 46994, 47170, 47379, 47057, 46941, 47218, 47379, 47102, 47072, 46858, 47404, 47741, 47431, 47078, 47323, 47432, 47447, 47233, 46983, 47117, 47415, 47423, 47371, 47342, 47179, 46835, 47328, 47518, 47070, 47442, 46992, 47669, 47167, 47224, 46969, 47246, 47612, 47666, 47250, 46934, 46878, 47266, 47190, 47310, 47286, 47298, 46949, 47380, 47599, 47614, 47091, 46823, 47421, 47351, 47261, 46890, 47029, 47000, 47044, 47405, 46701, 47031, 47152, 46809, 47198, 47542, 47227, 47527, 46624, 46954, 47006, 46957, 47635, 47493, 47396, 47142, 47254, 47246, 47336, 46902, 47386, 47190, 46659, 47575, 47370, 47459, 47392, 47167, 47163, 47659, 47971, 47507, 47014], "WindowCenter": [10531.0, 10475.0, 10459.0, 10452.0, 10435.0, 10432.0, 10436.0, 10425.0, 10428.0, 10419.0, 10417.0, 10429.0, 10423.0, 10435.0, 10427.0, 10429.0, 10431.0, 10431.0, 10431.0, 10408.0, 10420.0, 10422.0, 10426.0, 10432.0, 10423.0, 10411.0, 10411.0, 10413.0, 10421.0, 10435.0, 10446.0, 10439.0, 10439.0, 10426.0, 10424.0, 10416.0, 10422.0, 10425.0, 10433.0, 10435.0, 10429.0, 10426.0, 10435.0, 10450.0, 10438.0, 10436.0, 10430.0, 10415.0, 10416.0, 10435.0, 10433.0, 10438.0, 10425.0, 10432.0, 10422.0, 10417.0, 10434.0, 10425.0, 10418.0, 10420.0, 10413.0, 10407.0, 10412.0, 10434.0, 10420.0, 10424.0, 10418.0, 10415.0, 10429.0, 10425.0, 10440.0, 10439.0, 10437.0, 10429.0, 10427.0, 10424.0, 10419.0, 10417.0, 10420.0, 10401.0, 10401.0, 10402.0, 10410.0, 10434.0, 10443.0, 10446.0, 10433.0, 10443.0, 10450.0, 10452.0, 10441.0, 10432.0, 10434.0, 10423.0, 10425.0, 10429.0, 10435.0, 10420.0, 10407.0, 10419.0, 10420.0, 10415.0, 10436.0, 10433.0, 10427.0, 10412.0, 10426.0, 10428.0, 10442.0, 10437.0, 10438.0, 10422.0, 10431.0, 10426.0, 10444.0, 10442.0, 10438.0, 10450.0, 10432.0, 10438.0, 10446.0, 10440.0, 10456.0, 10447.0, 10446.0, 10434.0, 10443.0, 10448.0, 10460.0, 10453.0, 10440.0, 10442.0, 10439.0, 10424.0, 10419.0, 10430.0, 10409.0, 10407.0, 10409.0, 10419.0, 10415.0, 10430.0, 10424.0, 10421.0, 10419.0, 10424.0, 10431.0, 10435.0, 10441.0, 10444.0, 10438.0, 10424.0, 10435.0, 10440.0, 10446.0, 10442.0, 10441.0, 10427.0, 10426.0, 10431.0, 10428.0, 10434.0, 10434.0, 10419.0, 10426.0, 10440.0, 10449.0, 10444.0, 10438.0, 10434.0, 10444.0, 10435.0, 10436.0, 10437.0, 10448.0, 10440.0, 10439.0, 10444.0, 10435.0, 10438.0, 10431.0, 10436.0, 10438.0, 10438.0, 10456.0, 10457.0, 10442.0, 10453.0, 10449.0, 10456.0, 10468.0, 10468.0, 10471.0, 10450.0, 10455.0, 10456.0, 10453.0, 10443.0, 10448.0, 10457.0, 10453.0, 10449.0, 10445.0, 10458.0, 10432.0, 10450.0, 10444.0, 10440.0, 10450.0, 10448.0, 10450.0, 10458.0, 10444.0, 10449.0, 10446.0, 10445.0, 10446.0, 10453.0, 10445.0, 10443.0, 10443.0, 10450.0, 10452.0, 10445.0, 10452.0, 10438.0, 10448.0, 10458.0, 10464.0, 10452.0, 10465.0, 10455.0, 10457.0, 10473.0, 10462.0, 10458.0, 10464.0, 10467.0, 10464.0, 10467.0, 10450.0, 10460.0, 10461.0, 10459.0, 10468.0, 10460.0, 10449.0, 10451.0, 10445.0, 10458.0, 10450.0, 10430.0, 10448.0, 10435.0, 10437.0, 10456.0, 10466.0, 10459.0, 10471.0, 10473.0, 10473.0, 10462.0, 10475.0, 10455.0, 10482.0, 10473.0, 10464.0, 10461.0, 10451.0, 10493.0, 10490.0, 10497.0, 10476.0, 10467.0, 10464.0, 10445.0, 10434.0, 10448.0, 10444.0, 10434.0, 10435.0, 10450.0, 10448.0, 10458.0, 10454.0, 10439.0, 10453.0, 10455.0, 10449.0, 10469.0, 10461.0, 10461.0, 10462.0, 10459.0, 10454.0, 10449.0, 10450.0, 10444.0, 10448.0, 10456.0, 10462.0, 10468.0, 10470.0, 10467.0, 10469.0, 10474.0, 10478.0, 10485.0, 10486.0, 10484.0, 10477.0, 10483.0, 10492.0, 10490.0, 10488.0, 10485.0, 10482.0, 10483.0, 10504.0, 10507.0, 10509.0, 10494.0, 10476.0, 10467.0, 10454.0, 10459.0, 10457.0, 10454.0, 10451.0, 10447.0, 10440.0, 10444.0, 10444.0, 10446.0, 10448.0, 10427.0, 10436.0, 10435.0, 10441.0, 10448.0, 10455.0, 10453.0, 10456.0, 10466.0, 10455.0, 10454.0, 10456.0, 10464.0, 10474.0, 10467.0, 10464.0, 10479.0, 10489.0, 10492.0, 10471.0, 10481.0, 10469.0, 10473.0, 10464.0, 10527.0, 10478.0, 10493.0, 10491.0, 10476.0, 10487.0, 10466.0, 10464.0, 10466.0, 10471.0, 10476.0, 10476.0, 10487.0, 10487.0, 10495.0, 10489.0, 10501.0, 10504.0, 10481.0, 10479.0, 10495.0, 10488.0, 10499.0, 10489.0, 10489.0, 10498.0, 10493.0, 10487.0, 10486.0, 10490.0, 10485.0, 10477.0, 10473.0, 10476.0, 10489.0, 10473.0, 10491.0, 10475.0, 10476.0, 10491.0, 10502.0, 10498.0, 10510.0, 10502.0, 10491.0, 10485.0, 10481.0, 10492.0, 10496.0, 10510.0, 10508.0, 10492.0, 10502.0, 10497.0, 10499.0, 10477.0, 10481.0, 10482.0, 10489.0, 10497.0, 10516.0, 10520.0, 10523.0, 10521.0, 10497.0, 10482.0, 10482.0, 10482.0, 10496.0, 10480.0, 10480.0, 10466.0, 10473.0, 10461.0, 10472.0, 10460.0, 10461.0, 10470.0, 10467.0, 10445.0, 10460.0, 10465.0, 10465.0, 10474.0, 10461.0, 10466.0, 10471.0, 10477.0, 10472.0, 10485.0, 10490.0, 10491.0, 10490.0, 10493.0, 10509.0, 10503.0, 10509.0, 10515.0, 10513.0, 10526.0, 10513.0, 10521.0, 10515.0, 10509.0, 10520.0, 10512.0, 10528.0, 10533.0, 10536.0, 10531.0, 10508.0, 10508.0, 10492.0, 10494.0, 10505.0, 10504.0, 10493.0, 10485.0, 10507.0, 10504.0, 10496.0, 10488.0, 10487.0, 10486.0, 10488.0, 10484.0, 10489.0, 10478.0, 10485.0, 10490.0, 10490.0, 10498.0, 10493.0, 10498.0, 10487.0, 10499.0, 10495.0, 10493.0, 10508.0, 10507.0, 10504.0, 10489.0, 10503.0, 10497.0, 10503.0, 10504.0, 10509.0, 10504.0, 10501.0, 10506.0, 10520.0, 10524.0, 10523.0, 10518.0, 10522.0, 10527.0, 10514.0, 10514.0, 10507.0], "WindowWidth": [23150.0, 22970.0, 22907.0, 22879.0, 22834.0, 22824.0, 22830.0, 22811.0, 22805.0, 22786.0, 22782.0, 22806.0, 22794.0, 22821.0, 22809.0, 22817.0, 22813.0, 22812.0, 22812.0, 22761.0, 22788.0, 22801.0, 22807.0, 22815.0, 22795.0, 22768.0, 22763.0, 22769.0, 22796.0, 22836.0, 22851.0, 22838.0, 22837.0, 22804.0, 22801.0, 22787.0, 22795.0, 22800.0, 22819.0, 22820.0, 22808.0, 22807.0, 22838.0, 22864.0, 22839.0, 22831.0, 22812.0, 22777.0, 22781.0, 22832.0, 22823.0, 22833.0, 22802.0, 22813.0, 22788.0, 22780.0, 22825.0, 22803.0, 22784.0, 22786.0, 22770.0, 22756.0, 22772.0, 22826.0, 22790.0, 22796.0, 22784.0, 22774.0, 22807.0, 22803.0, 22836.0, 22838.0, 22831.0, 22807.0, 22799.0, 22800.0, 22781.0, 22776.0, 22779.0, 22738.0, 22734.0, 22744.0, 22768.0, 22822.0, 22845.0, 22857.0, 22832.0, 22857.0, 22868.0, 22870.0, 22847.0, 22822.0, 22828.0, 22804.0, 22807.0, 22817.0, 22824.0, 22786.0, 22759.0, 22784.0, 22798.0, 22785.0, 22824.0, 22820.0, 22802.0, 22768.0, 22807.0, 22812.0, 22838.0, 22834.0, 22832.0, 22797.0, 22820.0, 22815.0, 22850.0, 22846.0, 22839.0, 22864.0, 22821.0, 22844.0, 22861.0, 22847.0, 22882.0, 22861.0, 22856.0, 22833.0, 22856.0, 22863.0, 22893.0, 22872.0, 22839.0, 22837.0, 22835.0, 22801.0, 22788.0, 22806.0, 22760.0, 22753.0, 22756.0, 22789.0, 22780.0, 22811.0, 22798.0, 22789.0, 22783.0, 22797.0, 22827.0, 22831.0, 22844.0, 22851.0, 22834.0, 22802.0, 22829.0, 22846.0, 22851.0, 22842.0, 22839.0, 22808.0, 22804.0, 22821.0, 22815.0, 22824.0, 22825.0, 22789.0, 22803.0, 22847.0, 22864.0, 22854.0, 22843.0, 22832.0, 22853.0, 22829.0, 22833.0, 22836.0, 22855.0, 22839.0, 22844.0, 22850.0, 22829.0, 22831.0, 22814.0, 22829.0, 22835.0, 22836.0, 22879.0, 22885.0, 22854.0, 22882.0, 22868.0, 22887.0, 22917.0, 22913.0, 22929.0, 22881.0, 22886.0, 22886.0, 22875.0, 22852.0, 22869.0, 22882.0, 22872.0, 22864.0, 22856.0, 22881.0, 22827.0, 22859.0, 22851.0, 22847.0, 22869.0, 22874.0, 22866.0, 22882.0, 22856.0, 22862.0, 22856.0, 22859.0, 22856.0, 22870.0, 22854.0, 22845.0, 22852.0, 22867.0, 22872.0, 22857.0, 22869.0, 22843.0, 22868.0, 22884.0, 22901.0, 22876.0, 22903.0, 22881.0, 22885.0, 22918.0, 22897.0, 22892.0, 22905.0, 22909.0, 22902.0, 22907.0, 22872.0, 22892.0, 22893.0, 22892.0, 22910.0, 22890.0, 22868.0, 22872.0, 22854.0, 22881.0, 22863.0, 22816.0, 22857.0, 22825.0, 22836.0, 22882.0, 22902.0, 22894.0, 22915.0, 22924.0, 22927.0, 22907.0, 22933.0, 22883.0, 22942.0, 22922.0, 22901.0, 22898.0, 22878.0, 22974.0, 22973.0, 22986.0, 22937.0, 22910.0, 22899.0, 22853.0, 22822.0, 22854.0, 22844.0, 22823.0, 22830.0, 22869.0, 22859.0, 22877.0, 22870.0, 22835.0, 22869.0, 22874.0, 22861.0, 22907.0, 22895.0, 22894.0, 22897.0, 22890.0, 22877.0, 22864.0, 22861.0, 22845.0, 22862.0, 22876.0, 22893.0, 22911.0, 22915.0, 22909.0, 22925.0, 22933.0, 22942.0, 22960.0, 22962.0, 22959.0, 22947.0, 22952.0, 22972.0, 22970.0, 22963.0, 22955.0, 22957.0, 22959.0, 23011.0, 23019.0, 23021.0, 22984.0, 22939.0, 22915.0, 22884.0, 22884.0, 22879.0, 22871.0, 22861.0, 22852.0, 22839.0, 22849.0, 22851.0, 22849.0, 22850.0, 22802.0, 22823.0, 22822.0, 22837.0, 22856.0, 22876.0, 22878.0, 22886.0, 22909.0, 22893.0, 22877.0, 22884.0, 22902.0, 22924.0, 22912.0, 22909.0, 22950.0, 22969.0, 22976.0, 22932.0, 22940.0, 22911.0, 22914.0, 22892.0, 23075.0, 22941.0, 22976.0, 22966.0, 22930.0, 22948.0, 22902.0, 22891.0, 22900.0, 22931.0, 22937.0, 22937.0, 22965.0, 22963.0, 22978.0, 22970.0, 23010.0, 23007.0, 22952.0, 22947.0, 22979.0, 22964.0, 22995.0, 22974.0, 22969.0, 22991.0, 22977.0, 22964.0, 22961.0, 22962.0, 22956.0, 22940.0, 22932.0, 22935.0, 22960.0, 22929.0, 22967.0, 22928.0, 22930.0, 22979.0, 23005.0, 22993.0, 23019.0, 22997.0, 22967.0, 22958.0, 22947.0, 22968.0, 22985.0, 23016.0, 23011.0, 22978.0, 22994.0, 22983.0, 22986.0, 22943.0, 22946.0, 22945.0, 22962.0, 22985.0, 23037.0, 23044.0, 23048.0, 23044.0, 22986.0, 22949.0, 22953.0, 22947.0, 22974.0, 22942.0, 22943.0, 22907.0, 22918.0, 22895.0, 22924.0, 22894.0, 22888.0, 22906.0, 22898.0, 22849.0, 22883.0, 22899.0, 22901.0, 22933.0, 22902.0, 22902.0, 22920.0, 22930.0, 22921.0, 22951.0, 22967.0, 22982.0, 22979.0, 22979.0, 23016.0, 23007.0, 23017.0, 23032.0, 23035.0, 23071.0, 23038.0, 23053.0, 23033.0, 23014.0, 23038.0, 23036.0, 23068.0, 23081.0, 23090.0, 23074.0, 23017.0, 23017.0, 22974.0, 22977.0, 23003.0, 23003.0, 22983.0, 22967.0, 23008.0, 23005.0, 22986.0, 22965.0, 22961.0, 22967.0, 22964.0, 22954.0, 22963.0, 22940.0, 22954.0, 22971.0, 22975.0, 22986.0, 22978.0, 22989.0, 22962.0, 22987.0, 22992.0, 22985.0, 23014.0, 23017.0, 23005.0, 22969.0, 23002.0, 22986.0, 22999.0, 23007.0, 23018.0, 23007.0, 23011.0, 23015.0, 23044.0, 23055.0, 23052.0, 23045.0, 23050.0, 23057.0, 23033.0, 23033.0, 23012.0]}, "slices": {}}}