{"AcquisitionMatrixPE": 96, "AcquisitionNumber": 1, "AcquisitionTime": "07:34:58.625000", "BandwidthPerPixelPhaseEncode": 33.602, "BaseResolution": 96, "BodyPartExamined": "BRAIN", "ConsistencyInfo": "N4_VD13A_LATEST_20120616", "ConversionSoftware": "dcm2niix", "ConversionSoftwareVersion": "v1.0.20210317", "DerivedVendorReportedEchoSpacing": 0.000620003, "DeviceSerialNumber": "45239", "DwellTime": 2.6e-06, "EchoTime": 0.03, "EchoTrainLength": 48, "EffectiveEchoSpacing": 0.000310001, "FlipAngle": 63, "ImageComments": "Unaliased MB4/PE3 SENSE1\r\nself-tracking_0093/19670514/self-tracking_0093/2", "ImageOrientationPatientDICOM": [0.999958, 0.00269489, -0.00872796, -0.0058908, 0.920505, -0.390686], "ImageType": ["ORIGINAL", "PRIMARY", "M", "ND", "MOSAIC"], "ImagingFrequency": 123.193, "InPlanePhaseEncodingDirectionDICOM": "COL", "InstitutionAddress": "E 24th St. 100,Austin,Southmiddle,US,78712", "InstitutionName": "Univ of Texas at Austin", "InstitutionalDepartmentName": "IRC", "MRAcquisitionType": "2D", "MagneticFieldStrength": 3, "Manufacturer": "Siemens", "ManufacturersModelName": "Skyra", "Modality": "MR", "MultibandAccelerationFactor": 4, "ParallelReductionFactorInPlane": 2, "PartialFourier": 1, "PatientPosition": "HFS", "PercentPhaseFOV": 100, "PercentSampling": 100, "PhaseEncodingDirection": "j-", "PhaseEncodingSteps": 96, "PhaseResolution": 1, "PixelBandwidth": 2005, "ProcedureStepDescription": "Poldrack2^self-scanning", "ProtocolName": "Resting State fMRI MBEPI_matrix96_BW2004", "PulseSequenceDetails": "%CustomerSeq%\\cmrr_mbep2d_bold", "ReceiveCoilActiveElements": "HEA;HEP", "ReceiveCoilName": "Head_32", "ReconMatrixPE": 96, "RefLinesPE": 48, "RepetitionTime": 1.16, "ScanOptions": "FS", "ScanningSequence": "EP", "SequenceName": "epfid2d1_96", "SequenceVariant": "SK", "SeriesDescription": "Resting State fMRI MBEPI_matrix96_BW2004_RR", "SeriesNumber": 10, "ShimSetting": [-2767, 8020, -15425, -18, -236, 102, 234, -28], "SliceThickness": 2, "SliceTiming": [0, 0.5, 0.9975, 0.3575, 0.855, 0.215, 0.7125, 0.0725, 0.57, 1.07, 0.4275, 0.9275, 0.285, 0.785, 0.1425, 0.6425, 0, 0.5, 0.9975, 0.3575, 0.855, 0.215, 0.7125, 0.0725, 0.57, 1.07, 0.4275, 0.9275, 0.285, 0.785, 0.1425, 0.6425, 0, 0.5, 0.9975, 0.3575, 0.855, 0.215, 0.7125, 0.0725, 0.57, 1.07, 0.4275, 0.9275, 0.285, 0.785, 0.1425, 0.6425, 0, 0.5, 0.9975, 0.3575, 0.855, 0.215, 0.7125, 0.0725, 0.57, 1.07, 0.4275, 0.9275, 0.285, 0.785, 0.1425, 0.6425], "SoftwareVersions": "syngo MR D13", "SpacingBetweenSlices": 2.4, "StationName": "AWP45239", "TaskName": "Resting fmri", "TotalReadoutTime": 0.0294501, "TxRefAmp": 339.885, "WipMemBlock": "1013d436-43ef-4eff-959c-5a98edca6375||Sequence: vd13a/R010 r/5b5bc96; Nov 20 2013 18:17:03 by eja", "dcmmeta_affine": [[-2.39573335647583, -0.01411337498575449, -0.01675504446029663, 118.8540267944336], [-0.00645650876685977, 2.205376386642456, -0.9377318620681763, -93.31539154052734], [-0.020910724997520447, 0.9360197186470032, 2.209157943725586, -66.11933135986328], [0.0, 0.0, 0.0, 1.0]], "dcmmeta_reorient_transform": [[0.0, -1.0, 0.0, 95.0], [1.0, 0.0, 0.0, 0.0], [0.0, 0.0, 1.0, 0.0], [0.0, 0.0, 0.0, 1.0]], "dcmmeta_shape": [96, 96, 64, 518], "dcmmeta_slice_dim": 2, "dcmmeta_version": 0.6, "global": {"const": {"AcquisitionMatrix": [96, 0, 0, 96], "AngioFlag": "N", "BitsAllocated": 16, "BitsStored": 16, "BodyPartExamined": "BRAIN", "Columns": 768, "DeidentificationMethodCodeSequence": [{"CodeMeaning": "XNAT Edit Script", "CodeValue": "93", "CodingSchemeDesignator": "XNAT", "CodingSchemeVersion": "0.1"}], "EchoNumbers": 1, "EchoTime": 30.0, "EchoTrainLength": 48, "FlipAngle": 63.0, "HighBit": 15, "ImageOrientationPatient": [0.99995827930959, 0.00269489067444, -0.0087279553424, -0.0058908002531, 0.92050494893188, -0.3906864951138], "ImagePositionPatient": [-917.73755219976, -859.37121283669, 344.33115909211], "ImageType": ["ORIGINAL", "PRIMARY", "M", "ND", "MOSAIC"], "ImagedNucleus": "1H", "ImagingFrequency": 123.19298, "InPlanePhaseEncodingDirection": "COL", "MRAcquisitionType": "2D", "MagneticFieldStrength": 3.0, "Manufacturer": "SIEMENS", "ManufacturerModelName": "Skyra", "Modality": "MR", "NumberOfAverages": 1.0, "NumberOfPhaseEncodingSteps": 96, "PercentPhaseFieldOfView": 100.0, "PercentSampling": 100.0, "PerformedProcedureStepStartTime": "071351.973000", "PhotometricInterpretation": "MONOCHROME2", "PixelBandwidth": 2005.0, "PixelRepresentation": 0, "PixelSpacing": [2.3958332538605, 2.3958332538605], "ProtocolName": "Resting State fMRI MBEPI_matrix96_BW2004", "RepetitionTime": 1160.0, "Rows": 768, "SAR": 0.0, "SamplesPerPixel": 1, "ScanOptions": "FS", "ScanningSequence": "EP", "SequenceName": "epfid2d1_96", "SequenceVariant": "SK", "SeriesDescription": "Resting State fMRI MBEPI_matrix96_BW2004_RR", "SeriesNumber": 10, "SeriesTime": "123059.261000", "SliceLocation": -25.231097783252, "SliceThickness": 2.0, "SmallestImagePixelValue": 0, "SoftwareVersions": "syngo MR D13", "SpacingBetweenSlices": 2.4000000295381, "SpecificCharacterSet": "ISO_IR 100", "StudyID": "1", "StudyTime": "071351.909000", "TransmitCoilName": "Body", "VariableFlipAngleFlag": "N", "WindowCenterWidthExplanation": "Algo1", "dBdt": 0.0}, "slices": {}}, "time": {"samples": {"AcquisitionNumber": [1, 2, 3, 4, 5, 6, 7, 8, 9, 10, 11, 12, 13, 14, 15, 16, 17, 18, 19, 20, 21, 22, 23, 24, 25, 26, 27, 28, 29, 30, 31, 32, 33, 34, 35, 36, 37, 38, 39, 40, 41, 42, 43, 44, 45, 46, 47, 48, 49, 50, 51, 52, 53, 54, 55, 56, 57, 58, 59, 60, 61, 62, 63, 64, 65, 66, 67, 68, 69, 70, 71, 72, 73, 74, 75, 76, 77, 78, 79, 80, 81, 82, 83, 84, 85, 86, 87, 88, 89, 90, 91, 92, 93, 94, 95, 96, 97, 98, 99, 100, 101, 102, 103, 104, 105, 106, 107, 108, 109, 110, 111, 112, 113, 114, 115, 116, 117, 118, 119, 120, 121, 122, 123, 124, 125, 126, 127, 128, 129, 130, 131, 132, 133, 134, 135, 136, 137, 138, 139, 140, 141, 142, 143, 144, 145, 146, 147, 148, 149, 150, 151, 152, 153, 154, 155, 156, 157, 158, 159, 160, 161, 162, 163, 164, 165, 166, 167, 168, 169, 170, 171, 172, 173, 174, 175, 176, 177, 178, 179, 180, 181, 182, 183, 184, 185, 186, 187, 188, 189, 190, 191, 192, 193, 194, 195, 196, 197, 198, 199, 200, 201, 202, 203, 204, 205, 206, 207, 208, 209, 210, 211, 212, 213, 214, 215, 216, 217, 218, 219, 220, 221, 222, 223, 224, 225, 226, 227, 228, 229, 230, 231, 232, 233, 234, 235, 236, 237, 238, 239, 240, 241, 242, 243, 244, 245, 246, 247, 248, 249, 250, 251, 252, 253, 254, 255, 256, 257, 258, 259, 260, 261, 262, 263, 264, 265, 266, 267, 268, 269, 270, 271, 272, 273, 274, 275, 276, 277, 278, 279, 280, 281, 282, 283, 284, 285, 286, 287, 288, 289, 290, 291, 292, 293, 294, 295, 296, 297, 298, 299, 300, 301, 302, 303, 304, 305, 306, 307, 308, 309, 310, 311, 312, 313, 314, 315, 316, 317, 318, 319, 320, 321, 322, 323, 324, 325, 326, 327, 328, 329, 330, 331, 332, 333, 334, 335, 336, 337, 338, 339, 340, 341, 342, 343, 344, 345, 346, 347, 348, 349, 350, 351, 352, 353, 354, 355, 356, 357, 358, 359, 360, 361, 362, 363, 364, 365, 366, 367, 368, 369, 370, 371, 372, 373, 374, 375, 376, 377, 378, 379, 380, 381, 382, 383, 384, 385, 386, 387, 388, 389, 390, 391, 392, 393, 394, 395, 396, 397, 398, 399, 400, 401, 402, 403, 404, 405, 406, 407, 408, 409, 410, 411, 412, 413, 414, 415, 416, 417, 418, 419, 420, 421, 422, 423, 424, 425, 426, 427, 428, 429, 430, 431, 432, 433, 434, 435, 436, 437, 438, 439, 440, 441, 442, 443, 444, 445, 446, 447, 448, 449, 450, 451, 452, 453, 454, 455, 456, 457, 458, 459, 460, 461, 462, 463, 464, 465, 466, 467, 468, 469, 470, 471, 472, 473, 474, 475, 476, 477, 478, 479, 480, 481, 482, 483, 484, 485, 486, 487, 488, 489, 490, 491, 492, 493, 494, 495, 496, 497, 498, 499, 500, 501, 502, 503, 504, 505, 506, 507, 508, 509, 510, 511, 512, 513, 514, 515, 516, 517, 518], "AcquisitionTime": ["073458.625000", "073505.545000", "073506.685000", "073507.825000", "073508.965000", "073510.105000", "073511.245000", "073512.385000", "073513.525000", "073514.665000", "073515.805000", "073516.945000", "073518.085000", "073519.225000", "073520.365000", "073521.505000", "073522.645000", "073523.785000", "073524.925000", "073526.065000", "073527.205000", "073528.345000", "073529.485000", "073530.625000", "073531.765000", "073532.905000", "073534.045000", "073535.185000", "073536.325000", "073537.465000", "073538.605000", "073539.745000", "073540.885000", "073542.025000", "073543.165000", "073544.305000", "073545.445000", "073546.585000", "073547.725000", "073548.865000", "073550.005000", "073551.145000", "073552.285000", "073553.425000", "073554.565000", "073555.705000", "073556.845000", "073557.985000", "073559.125000", "073600.265000", "073601.405000", "073602.545000", "073603.685000", "073604.825000", "073605.965000", "073607.105000", "073608.245000", "073609.385000", "073610.525000", "073611.665000", "073612.805000", "073613.945000", "073615.085000", "073616.225000", "073617.365000", "073618.505000", "073619.645000", "073620.785000", "073621.925000", "073623.065000", "073624.205000", "073625.345000", "073626.485000", "073627.625000", "073628.765000", "073629.905000", "073631.045000", "073632.185000", "073633.325000", "073634.465000", "073635.605000", "073636.745000", "073637.885000", "073639.025000", "073640.165000", "073641.305000", "073642.445000", "073643.585000", "073644.725000", "073645.865000", "073647.005000", "073648.145000", "073649.285000", "073650.425000", "073651.565000", "073652.705000", "073653.845000", "073654.985000", "073656.125000", "073657.265000", "073658.405000", "073659.545000", "073700.685000", "073701.825000", "073702.965000", "073704.105000", "073705.245000", "073706.385000", "073707.525000", "073708.665000", "073709.805000", "073710.945000", "073712.085000", "073713.225000", "073714.365000", "073715.505000", "073716.645000", "073717.785000", "073718.925000", "073720.065000", "073721.205000", "073722.345000", "073723.485000", "073724.625000", "073725.765000", "073726.905000", "073728.045000", "073729.185000", "073730.325000", "073731.465000", "073732.605000", "073733.745000", "073734.885000", "073736.025000", "073737.165000", "073738.305000", "073739.445000", "073740.585000", "073741.725000", "073742.865000", "073744.005000", "073745.145000", "073746.285000", "073747.425000", "073748.565000", "073749.705000", "073750.845000", "073751.985000", "073753.125000", "073754.265000", "073755.405000", "073756.545000", "073757.685000", "073758.825000", "073759.965000", "073801.105000", "073802.245000", "073803.385000", "073804.525000", "073805.665000", "073806.805000", "073807.945000", "073809.085000", "073810.225000", "073811.365000", "073812.505000", "073813.645000", "073814.785000", "073815.925000", "073817.065000", "073818.205000", "073819.345000", "073820.485000", "073821.625000", "073822.765000", "073823.905000", "073825.045000", "073826.185000", "073827.325000", "073828.465000", "073829.605000", "073830.745000", "073831.885000", "073833.025000", "073834.165000", "073835.305000", "073836.445000", "073837.585000", "073838.725000", "073839.865000", "073841.005000", "073842.145000", "073843.285000", "073844.425000", "073845.565000", "073846.705000", "073847.845000", "073848.985000", "073850.125000", "073851.265000", "073852.405000", "073853.545000", "073854.685000", "073855.825000", "073856.965000", "073858.105000", "073859.245000", "073900.385000", "073901.525000", "073902.665000", "073903.805000", "073904.945000", "073906.085000", "073907.225000", "073908.365000", "073909.505000", "073910.645000", "073911.785000", "073912.925000", "073914.065000", "073915.205000", "073916.345000", "073917.485000", "073918.625000", "073919.765000", "073920.905000", "073922.045000", "073923.185000", "073924.325000", "073925.465000", "073926.605000", "073927.745000", "073928.885000", "073930.025000", "073931.165000", "073932.305000", "073933.445000", "073934.585000", "073935.725000", "073936.865000", "073938.005000", "073939.145000", "073940.285000", "073941.425000", "073942.565000", "073943.705000", "073944.845000", "073945.985000", "073947.125000", "073948.265000", "073949.405000", "073950.545000", "073951.685000", "073952.825000", "073953.965000", "073955.105000", "073956.245000", "073957.385000", "073958.525000", "073959.665000", "074000.805000", "074001.945000", "074003.085000", "074004.225000", "074005.365000", "074006.505000", "074007.645000", "074008.785000", "074009.925000", "074011.065000", "074012.205000", "074013.345000", "074014.485000", "074015.625000", "074016.765000", "074017.905000", "074019.045000", "074020.185000", "074021.325000", "074022.465000", "074023.605000", "074024.745000", "074025.885000", "074027.025000", "074028.165000", "074029.305000", "074030.445000", "074031.585000", "074032.725000", "074033.865000", "074035.005000", "074036.145000", "074037.285000", "074038.425000", "074039.565000", "074040.705000", "074041.845000", "074042.985000", "074044.125000", "074045.265000", "074046.405000", "074047.545000", "074048.685000", "074049.825000", "074050.965000", "074052.105000", "074053.245000", "074054.385000", "074055.525000", "074056.665000", "074057.805000", "074058.945000", "074100.085000", "074101.225000", "074102.365000", "074103.505000", "074104.645000", "074105.785000", "074106.925000", "074108.065000", "074109.205000", "074110.345000", "074111.485000", "074112.625000", "074113.765000", "074114.905000", "074116.045000", "074117.185000", "074118.325000", "074119.465000", "074120.605000", "074121.745000", "074122.885000", "074124.025000", "074125.165000", "074126.305000", "074127.445000", "074128.585000", "074129.725000", "074130.865000", "074132.005000", "074133.145000", "074134.285000", "074135.425000", "074136.565000", "074137.705000", "074138.845000", "074139.985000", "074141.125000", "074142.265000", "074143.405000", "074144.545000", "074145.685000", "074146.825000", "074147.965000", "074149.105000", "074150.245000", "074151.385000", "074152.525000", "074153.665000", "074154.805000", "074155.945000", "074157.085000", "074158.225000", "074159.365000", "074200.505000", "074201.645000", "074202.785000", "074203.925000", "074205.065000", "074206.205000", "074207.345000", "074208.485000", "074209.625000", "074210.765000", "074211.905000", "074213.045000", "074214.185000", "074215.325000", "074216.465000", "074217.605000", "074218.745000", "074219.885000", "074221.025000", "074222.165000", "074223.305000", "074224.445000", "074225.585000", "074226.725000", "074227.865000", "074229.005000", "074230.145000", "074231.285000", "074232.425000", "074233.565000", "074234.705000", "074235.845000", "074236.985000", "074238.125000", "074239.265000", "074240.405000", "074241.545000", "074242.685000", "074243.825000", "074244.965000", "074246.105000", "074247.245000", "074248.385000", "074249.525000", "074250.665000", "074251.805000", "074252.945000", "074254.085000", "074255.225000", "074256.365000", "074257.505000", "074258.645000", "074259.785000", "074300.925000", "074302.065000", "074303.205000", "074304.345000", "074305.485000", "074306.625000", "074307.765000", "074308.905000", "074310.045000", "074311.185000", "074312.325000", "074313.465000", "074314.605000", "074315.745000", "074316.885000", "074318.025000", "074319.165000", "074320.305000", "074321.445000", "074322.585000", "074323.725000", "074324.865000", "074326.005000", "074327.145000", "074328.285000", "074329.425000", "074330.565000", "074331.705000", "074332.845000", "074333.985000", "074335.125000", "074336.265000", "074337.405000", "074338.545000", "074339.685000", "074340.825000", "074341.965000", "074343.105000", "074344.245000", "074345.385000", "074346.525000", "074347.665000", "074348.805000", "074349.945000", "074351.085000", "074352.225000", "074353.365000", "074354.505000", "074355.645000", "074356.785000", "074357.925000", "074359.065000", "074400.205000", "074401.345000", "074402.485000", "074403.625000", "074404.765000", "074405.905000", "074407.045000", "074408.185000", "074409.325000", "074410.465000", "074411.605000", "074412.745000", "074413.885000", "074415.025000", "074416.165000", "074417.305000", "074418.445000", "074419.585000", "074420.725000", "074421.865000", "074423.005000", "074424.145000", "074425.285000", "074426.425000", "074427.565000", "074428.705000", "074429.845000", "074430.985000", "074432.125000", "074433.265000", "074434.405000", "074435.545000", "074436.685000", "074437.825000", "074438.965000", "074440.105000", "074441.245000", "074442.385000", "074443.525000", "074444.665000", "074445.805000", "074446.945000", "074448.085000", "074449.225000", "074450.365000", "074451.505000", "074452.645000", "074453.785000"], "ContentTime": ["123059.265000", "123059.270000", "123059.274000", "123059.278000", "123059.282000", "123059.287000", "123059.291000", "123059.295000", "123059.299000", "123059.303000", "123059.307000", "123059.312000", "123119.142000", "123119.147000", "123119.151000", "123119.155000", "123119.159000", "123119.163000", "123119.167000", "123119.171000", "123119.175000", "123119.179000", "123119.183000", "123119.188000", "123119.192000", "123119.196000", "123119.200000", "123119.204000", "123119.208000", "123119.212000", "123119.217000", "123119.221000", "123139.142000", "123139.147000", "123139.151000", "123139.155000", "123139.159000", "123139.163000", "123139.167000", "123139.171000", "123139.175000", "123139.179000", "123139.183000", "123139.188000", "123139.192000", "123139.196000", "123139.200000", "123139.204000", "123139.209000", "123139.213000", "123139.217000", "123139.221000", "123159.142000", "123159.147000", "123159.151000", "123159.155000", "123159.159000", "123159.163000", "123159.167000", "123159.171000", "123159.175000", "123159.180000", "123159.184000", "123159.194000", "123159.199000", "123159.203000", "123159.207000", "123159.211000", "123159.216000", "123159.220000", "123159.224000", "123159.228000", "123219.144000", "123219.161000", "123219.165000", "123219.170000", "123219.174000", "123219.178000", "123219.182000", "123219.186000", "123219.190000", "123219.194000", "123219.198000", "123219.203000", "123219.207000", "123219.211000", "123219.215000", "123219.220000", "123219.224000", "123219.228000", "123219.237000", "123219.241000", "123239.142000", "123239.147000", "123239.151000", "123239.155000", "123239.159000", "123239.164000", "123239.168000", "123239.172000", "123239.176000", "123239.181000", "123239.185000", "123239.189000", "123239.193000", "123239.197000", "123239.201000", "123239.206000", "123239.210000", "123239.214000", "123239.218000", "123239.222000", "123239.226000", "123259.143000", "123259.148000", "123259.152000", "123259.156000", "123259.160000", "123259.164000", "123259.168000", "123259.172000", "123259.176000", "123259.180000", "123259.185000", "123259.189000", "123259.193000", "123259.197000", "123259.210000", "123259.214000", "123259.219000", "123259.223000", "123259.227000", "123259.231000", "123319.141000", "123319.146000", "123319.150000", "123319.155000", "123319.159000", "123319.163000", "123319.167000", "123319.171000", "123319.175000", "123319.179000", "123319.184000", "123319.188000", "123319.192000", "123319.196000", "123319.200000", "123319.205000", "123319.209000", "123319.213000", "123319.218000", "123319.222000", "123339.139000", "123339.143000", "123339.147000", "123339.151000", "123339.155000", "123339.159000", "123339.163000", "123339.167000", "123339.171000", "123339.175000", "123339.180000", "123339.184000", "123339.188000", "123339.192000", "123339.196000", "123339.200000", "123339.204000", "123339.208000", "123339.212000", "123339.216000", "123339.221000", "123359.141000", "123359.145000", "123359.150000", "123359.154000", "123359.158000", "123359.162000", "123359.166000", "123359.170000", "123359.174000", "123359.178000", "123359.182000", "123359.186000", "123359.190000", "123359.194000", "123359.198000", "123359.202000", "123359.206000", "123359.209000", "123359.213000", "123359.217000", "123419.143000", "123419.147000", "123419.151000", "123419.156000", "123419.160000", "123419.164000", "123419.168000", "123419.172000", "123419.176000", "123419.180000", "123419.184000", "123419.189000", "123419.193000", "123419.197000", "123419.201000", "123419.206000", "123419.210000", "123419.214000", "123419.218000", "123419.223000", "123419.227000", "123439.142000", "123439.147000", "123439.151000", "123439.155000", "123439.159000", "123439.164000", "123439.168000", "123439.172000", "123439.176000", "123439.180000", "123439.184000", "123439.188000", "123439.192000", "123439.196000", "123439.200000", "123439.204000", "123439.208000", "123439.212000", "123439.216000", "123439.220000", "123439.224000", "123459.140000", "123459.145000", "123459.149000", "123459.153000", "123459.157000", "123459.161000", "123459.165000", "123459.169000", "123459.173000", "123459.177000", "123459.181000", "123459.185000", "123459.190000", "123459.194000", "123459.198000", "123459.202000", "123459.206000", "123459.210000", "123459.214000", "123459.218000", "123519.142000", "123519.147000", "123519.151000", "123519.155000", "123519.172000", "123519.176000", "123519.180000", "123519.184000", "123519.188000", "123519.192000", "123519.196000", "123519.200000", "123519.204000", "123519.209000", "123519.213000", "123519.217000", "123519.221000", "123519.225000", "123519.229000", "123519.233000", "123519.238000", "123539.141000", "123539.146000", "123539.150000", "123539.154000", "123539.159000", "123539.163000", "123539.167000", "123539.171000", "123539.175000", "123539.179000", "123539.183000", "123539.188000", "123539.192000", "123539.196000", "123539.200000", "123539.204000", "123539.208000", "123539.212000", "123539.217000", "123539.221000", "123539.225000", "123559.141000", "123559.146000", "123559.150000", "123559.154000", "123559.158000", "123559.163000", "123559.167000", "123559.171000", "123559.175000", "123559.179000", "123559.183000", "123559.187000", "123559.192000", "123559.196000", "123559.200000", "123559.204000", "123559.208000", "123559.212000", "123559.216000", "123559.220000", "123619.142000", "123619.147000", "123619.151000", "123619.155000", "123619.160000", "123619.164000", "123619.170000", "123619.174000", "123619.178000", "123619.182000", "123619.186000", "123619.190000", "123619.194000", "123619.199000", "123619.203000", "123619.207000", "123619.211000", "123619.215000", "123619.219000", "123619.225000", "123619.229000", "123639.142000", "123639.147000", "123639.151000", "123639.155000", "123639.159000", "123639.163000", "123639.167000", "123639.172000", "123639.176000", "123639.180000", "123639.184000", "123639.188000", "123639.192000", "123639.196000", "123639.201000", "123639.205000", "123639.209000", "123639.213000", "123639.216000", "123639.220000", "123639.225000", "123659.143000", "123659.147000", "123659.151000", "123659.156000", "123659.160000", "123659.165000", "123659.169000", "123659.173000", "123659.177000", "123659.182000", "123659.186000", "123659.190000", "123659.194000", "123659.198000", "123659.202000", "123659.206000", "123659.210000", "123659.214000", "123659.218000", "123659.222000", "123719.143000", "123719.148000", "123719.152000", "123719.156000", "123719.160000", "123719.164000", "123719.168000", "123719.172000", "123719.177000", "123719.181000", "123719.185000", "123719.189000", "123719.193000", "123719.197000", "123719.201000", "123719.205000", "123719.210000", "123719.214000", "123719.218000", "123719.222000", "123719.226000", "123739.142000", "123739.147000", "123739.151000", "123739.155000", "123739.159000", "123739.163000", "123739.167000", "123739.171000", "123739.176000", "123739.180000", "123739.184000", "123739.189000", "123739.193000", "123739.197000", "123739.201000", "123739.205000", "123739.209000", "123739.213000", "123739.217000", "123739.221000", "123739.225000", "123759.152000", "123759.156000", "123759.167000", "123759.171000", "123759.175000", "123759.179000", "123759.183000", "123759.187000", "123759.192000", "123759.195000", "123759.200000", "123759.203000", "123759.208000", "123759.213000", "123759.217000", "123759.222000", "123759.230000", "123759.234000", "123759.238000", "123759.243000", "123819.141000", "123819.146000", "123819.150000", "123819.154000", "123819.159000", "123819.163000", "123819.167000", "123819.172000", "123819.176000", "123819.181000", "123819.185000", "123819.189000", "123819.194000", "123819.198000", "123819.202000", "123819.206000", "123819.214000", "123819.218000", "123819.222000", "123819.226000", "123819.231000", "123839.142000", "123839.147000", "123839.151000", "123839.155000", "123839.159000", "123839.163000", "123839.167000", "123839.171000", "123839.175000", "123839.179000", "123839.183000", "123839.187000", "123839.191000", "123839.195000", "123839.199000", "123839.203000", "123839.207000", "123839.211000", "123839.215000", "123839.219000", "123839.223000", "123859.142000", "123859.146000", "123859.151000", "123859.155000", "123859.160000", "123859.164000", "123859.168000", "123859.172000", "123859.176000", "123859.180000", "123859.185000", "123859.189000", "123859.193000", "123859.197000", "123859.201000", "123859.206000", "123859.210000", "123859.214000", "123859.218000", "123859.222000", "123911.648000", "123911.653000", "123911.657000", "123911.662000", "123911.666000", "123911.670000", "123911.674000", "123911.678000", "123911.682000", "123911.686000", "123911.690000", "123911.695000", "123911.699000", "123911.703000"], "InstanceCreationTime": ["123059.265000", "123059.270000", "123059.274000", "123059.278000", "123059.282000", "123059.287000", "123059.291000", "123059.295000", "123059.299000", "123059.303000", "123059.307000", "123059.312000", "123119.142000", "123119.147000", "123119.151000", "123119.155000", "123119.159000", "123119.163000", "123119.167000", "123119.171000", "123119.175000", "123119.179000", "123119.183000", "123119.188000", "123119.192000", "123119.196000", "123119.200000", "123119.204000", "123119.208000", "123119.212000", "123119.217000", "123119.221000", "123139.142000", "123139.147000", "123139.151000", "123139.155000", "123139.159000", "123139.163000", "123139.167000", "123139.171000", "123139.175000", "123139.179000", "123139.183000", "123139.188000", "123139.192000", "123139.196000", "123139.200000", "123139.204000", "123139.209000", "123139.213000", "123139.217000", "123139.221000", "123159.142000", "123159.147000", "123159.151000", "123159.155000", "123159.159000", "123159.163000", "123159.167000", "123159.171000", "123159.175000", "123159.180000", "123159.184000", "123159.194000", "123159.199000", "123159.203000", "123159.207000", "123159.211000", "123159.216000", "123159.220000", "123159.224000", "123159.228000", "123219.144000", "123219.161000", "123219.165000", "123219.170000", "123219.174000", "123219.178000", "123219.182000", "123219.186000", "123219.190000", "123219.194000", "123219.198000", "123219.203000", "123219.207000", "123219.211000", "123219.215000", "123219.220000", "123219.224000", "123219.228000", "123219.237000", "123219.241000", "123239.142000", "123239.147000", "123239.151000", "123239.155000", "123239.159000", "123239.164000", "123239.168000", "123239.172000", "123239.176000", "123239.181000", "123239.185000", "123239.189000", "123239.193000", "123239.197000", "123239.201000", "123239.206000", "123239.210000", "123239.214000", "123239.218000", "123239.222000", "123239.226000", "123259.143000", "123259.148000", "123259.152000", "123259.156000", "123259.160000", "123259.164000", "123259.168000", "123259.172000", "123259.176000", "123259.180000", "123259.185000", "123259.189000", "123259.193000", "123259.197000", "123259.210000", "123259.214000", "123259.219000", "123259.223000", "123259.227000", "123259.231000", "123319.141000", "123319.146000", "123319.150000", "123319.155000", "123319.159000", "123319.163000", "123319.167000", "123319.171000", "123319.175000", "123319.179000", "123319.184000", "123319.188000", "123319.192000", "123319.196000", "123319.200000", "123319.205000", "123319.209000", "123319.213000", "123319.218000", "123319.222000", "123339.139000", "123339.143000", "123339.147000", "123339.151000", "123339.155000", "123339.159000", "123339.163000", "123339.167000", "123339.171000", "123339.175000", "123339.180000", "123339.184000", "123339.188000", "123339.192000", "123339.196000", "123339.200000", "123339.204000", "123339.208000", "123339.212000", "123339.216000", "123339.221000", "123359.141000", "123359.145000", "123359.150000", "123359.154000", "123359.158000", "123359.162000", "123359.166000", "123359.170000", "123359.174000", "123359.178000", "123359.182000", "123359.186000", "123359.190000", "123359.194000", "123359.198000", "123359.202000", "123359.206000", "123359.209000", "123359.213000", "123359.217000", "123419.143000", "123419.147000", "123419.151000", "123419.156000", "123419.160000", "123419.164000", "123419.168000", "123419.172000", "123419.176000", "123419.180000", "123419.184000", "123419.189000", "123419.193000", "123419.197000", "123419.201000", "123419.206000", "123419.210000", "123419.214000", "123419.218000", "123419.223000", "123419.227000", "123439.142000", "123439.147000", "123439.151000", "123439.155000", "123439.159000", "123439.164000", "123439.168000", "123439.172000", "123439.176000", "123439.180000", "123439.184000", "123439.188000", "123439.192000", "123439.196000", "123439.200000", "123439.204000", "123439.208000", "123439.212000", "123439.216000", "123439.220000", "123439.224000", "123459.140000", "123459.145000", "123459.149000", "123459.153000", "123459.157000", "123459.161000", "123459.165000", "123459.169000", "123459.173000", "123459.177000", "123459.181000", "123459.185000", "123459.190000", "123459.194000", "123459.198000", "123459.202000", "123459.206000", "123459.210000", "123459.214000", "123459.218000", "123519.142000", "123519.147000", "123519.151000", "123519.155000", "123519.172000", "123519.176000", "123519.180000", "123519.184000", "123519.188000", "123519.192000", "123519.196000", "123519.200000", "123519.204000", "123519.209000", "123519.213000", "123519.217000", "123519.221000", "123519.225000", "123519.229000", "123519.233000", "123519.238000", "123539.141000", "123539.146000", "123539.150000", "123539.154000", "123539.159000", "123539.163000", "123539.167000", "123539.171000", "123539.175000", "123539.179000", "123539.183000", "123539.188000", "123539.192000", "123539.196000", "123539.200000", "123539.204000", "123539.208000", "123539.212000", "123539.217000", "123539.221000", "123539.225000", "123559.141000", "123559.146000", "123559.150000", "123559.154000", "123559.158000", "123559.163000", "123559.167000", "123559.171000", "123559.175000", "123559.179000", "123559.183000", "123559.187000", "123559.192000", "123559.196000", "123559.200000", "123559.204000", "123559.208000", "123559.212000", "123559.216000", "123559.220000", "123619.142000", "123619.147000", "123619.151000", "123619.155000", "123619.160000", "123619.164000", "123619.170000", "123619.174000", "123619.178000", "123619.182000", "123619.186000", "123619.190000", "123619.194000", "123619.199000", "123619.203000", "123619.207000", "123619.211000", "123619.215000", "123619.219000", "123619.225000", "123619.229000", "123639.142000", "123639.147000", "123639.151000", "123639.155000", "123639.159000", "123639.163000", "123639.167000", "123639.172000", "123639.176000", "123639.180000", "123639.184000", "123639.188000", "123639.192000", "123639.196000", "123639.201000", "123639.205000", "123639.209000", "123639.213000", "123639.216000", "123639.220000", "123639.225000", "123659.143000", "123659.147000", "123659.151000", "123659.156000", "123659.160000", "123659.165000", "123659.169000", "123659.173000", "123659.177000", "123659.182000", "123659.186000", "123659.190000", "123659.194000", "123659.198000", "123659.202000", "123659.206000", "123659.210000", "123659.214000", "123659.218000", "123659.222000", "123719.143000", "123719.148000", "123719.152000", "123719.156000", "123719.160000", "123719.164000", "123719.168000", "123719.172000", "123719.177000", "123719.181000", "123719.185000", "123719.189000", "123719.193000", "123719.197000", "123719.201000", "123719.205000", "123719.210000", "123719.214000", "123719.218000", "123719.222000", "123719.226000", "123739.142000", "123739.147000", "123739.151000", "123739.155000", "123739.159000", "123739.163000", "123739.167000", "123739.171000", "123739.176000", "123739.180000", "123739.184000", "123739.189000", "123739.193000", "123739.197000", "123739.201000", "123739.205000", "123739.209000", "123739.213000", "123739.217000", "123739.221000", "123739.225000", "123759.152000", "123759.156000", "123759.167000", "123759.171000", "123759.175000", "123759.179000", "123759.183000", "123759.187000", "123759.192000", "123759.195000", "123759.200000", "123759.203000", "123759.208000", "123759.213000", "123759.217000", "123759.222000", "123759.230000", "123759.234000", "123759.238000", "123759.243000", "123819.141000", "123819.146000", "123819.150000", "123819.154000", "123819.159000", "123819.163000", "123819.167000", "123819.172000", "123819.176000", "123819.181000", "123819.185000", "123819.189000", "123819.194000", "123819.198000", "123819.202000", "123819.206000", "123819.214000", "123819.218000", "123819.222000", "123819.226000", "123819.231000", "123839.142000", "123839.147000", "123839.151000", "123839.155000", "123839.159000", "123839.163000", "123839.167000", "123839.171000", "123839.175000", "123839.179000", "123839.183000", "123839.187000", "123839.191000", "123839.195000", "123839.199000", "123839.203000", "123839.207000", "123839.211000", "123839.215000", "123839.219000", "123839.223000", "123859.142000", "123859.146000", "123859.151000", "123859.155000", "123859.160000", "123859.164000", "123859.168000", "123859.172000", "123859.176000", "123859.180000", "123859.185000", "123859.189000", "123859.193000", "123859.197000", "123859.201000", "123859.206000", "123859.210000", "123859.214000", "123859.218000", "123859.222000", "123911.648000", "123911.653000", "123911.657000", "123911.662000", "123911.666000", "123911.670000", "123911.674000", "123911.678000", "123911.682000", "123911.686000", "123911.690000", "123911.695000", "123911.699000", "123911.703000"], "InstanceNumber": [1, 2, 3, 4, 5, 6, 7, 8, 9, 10, 11, 12, 13, 14, 15, 16, 17, 18, 19, 20, 21, 22, 23, 24, 25, 26, 27, 28, 29, 30, 31, 32, 33, 34, 35, 36, 37, 38, 39, 40, 41, 42, 43, 44, 45, 46, 47, 48, 49, 50, 51, 52, 53, 54, 55, 56, 57, 58, 59, 60, 61, 62, 63, 64, 65, 66, 67, 68, 69, 70, 71, 72, 73, 74, 75, 76, 77, 78, 79, 80, 81, 82, 83, 84, 85, 86, 87, 88, 89, 90, 91, 92, 93, 94, 95, 96, 97, 98, 99, 100, 101, 102, 103, 104, 105, 106, 107, 108, 109, 110, 111, 112, 113, 114, 115, 116, 117, 118, 119, 120, 121, 122, 123, 124, 125, 126, 127, 128, 129, 130, 131, 132, 133, 134, 135, 136, 137, 138, 139, 140, 141, 142, 143, 144, 145, 146, 147, 148, 149, 150, 151, 152, 153, 154, 155, 156, 157, 158, 159, 160, 161, 162, 163, 164, 165, 166, 167, 168, 169, 170, 171, 172, 173, 174, 175, 176, 177, 178, 179, 180, 181, 182, 183, 184, 185, 186, 187, 188, 189, 190, 191, 192, 193, 194, 195, 196, 197, 198, 199, 200, 201, 202, 203, 204, 205, 206, 207, 208, 209, 210, 211, 212, 213, 214, 215, 216, 217, 218, 219, 220, 221, 222, 223, 224, 225, 226, 227, 228, 229, 230, 231, 232, 233, 234, 235, 236, 237, 238, 239, 240, 241, 242, 243, 244, 245, 246, 247, 248, 249, 250, 251, 252, 253, 254, 255, 256, 257, 258, 259, 260, 261, 262, 263, 264, 265, 266, 267, 268, 269, 270, 271, 272, 273, 274, 275, 276, 277, 278, 279, 280, 281, 282, 283, 284, 285, 286, 287, 288, 289, 290, 291, 292, 293, 294, 295, 296, 297, 298, 299, 300, 301, 302, 303, 304, 305, 306, 307, 308, 309, 310, 311, 312, 313, 314, 315, 316, 317, 318, 319, 320, 321, 322, 323, 324, 325, 326, 327, 328, 329, 330, 331, 332, 333, 334, 335, 336, 337, 338, 339, 340, 341, 342, 343, 344, 345, 346, 347, 348, 349, 350, 351, 352, 353, 354, 355, 356, 357, 358, 359, 360, 361, 362, 363, 364, 365, 366, 367, 368, 369, 370, 371, 372, 373, 374, 375, 376, 377, 378, 379, 380, 381, 382, 383, 384, 385, 386, 387, 388, 389, 390, 391, 392, 393, 394, 395, 396, 397, 398, 399, 400, 401, 402, 403, 404, 405, 406, 407, 408, 409, 410, 411, 412, 413, 414, 415, 416, 417, 418, 419, 420, 421, 422, 423, 424, 425, 426, 427, 428, 429, 430, 431, 432, 433, 434, 435, 436, 437, 438, 439, 440, 441, 442, 443, 444, 445, 446, 447, 448, 449, 450, 451, 452, 453, 454, 455, 456, 457, 458, 459, 460, 461, 462, 463, 464, 465, 466, 467, 468, 469, 470, 471, 472, 473, 474, 475, 476, 477, 478, 479, 480, 481, 482, 483, 484, 485, 486, 487, 488, 489, 490, 491, 492, 493, 494, 495, 496, 497, 498, 499, 500, 501, 502, 503, 504, 505, 506, 507, 508, 509, 510, 511, 512, 513, 514, 515, 516, 517, 518], "LargestImagePixelValue": [259, 251, 246, 245, 242, 242, 241, 242, 240, 239, 239, 240, 239, 239, 240, 240, 239, 237, 240, 239, 241, 240, 239, 239, 239, 238, 239, 239, 239, 241, 236, 237, 239, 239, 238, 240, 238, 237, 238, 239, 238, 239, 239, 238, 236, 237, 238, 238, 239, 240, 236, 239, 237, 239, 241, 239, 242, 238, 238, 235, 237, 236, 240, 240, 235, 237, 239, 237, 242, 237, 237, 238, 236, 237, 237, 241, 237, 238, 238, 237, 239, 238, 237, 234, 236, 237, 238, 238, 236, 235, 237, 237, 239, 235, 234, 237, 239, 236, 237, 236, 239, 237, 235, 237, 235, 237, 240, 238, 235, 236, 235, 236, 236, 238, 236, 234, 235, 238, 238, 240, 239, 234, 234, 238, 238, 239, 238, 235, 236, 240, 237, 240, 241, 239, 237, 238, 237, 237, 237, 238, 236, 237, 235, 236, 238, 238, 238, 237, 235, 236, 235, 233, 239, 238, 234, 234, 234, 234, 236, 235, 234, 234, 234, 233, 235, 237, 235, 234, 234, 236, 236, 235, 235, 235, 235, 235, 237, 236, 236, 236, 237, 237, 234, 232, 235, 234, 235, 236, 235, 235, 235, 236, 236, 234, 234, 234, 235, 235, 237, 232, 233, 235, 236, 238, 238, 236, 234, 234, 233, 237, 233, 234, 236, 236, 234, 236, 235, 236, 234, 235, 237, 236, 236, 235, 234, 234, 235, 234, 234, 233, 237, 233, 235, 236, 236, 235, 235, 234, 235, 234, 235, 236, 234, 233, 234, 234, 234, 234, 234, 235, 234, 233, 238, 234, 236, 237, 236, 235, 233, 235, 234, 235, 236, 236, 236, 235, 234, 237, 233, 235, 234, 236, 233, 237, 238, 237, 236, 236, 236, 235, 235, 238, 234, 236, 236, 235, 236, 237, 237, 235, 236, 234, 239, 236, 236, 235, 237, 235, 236, 235, 235, 236, 238, 235, 238, 235, 234, 237, 237, 236, 236, 233, 236, 238, 236, 237, 237, 234, 238, 235, 235, 237, 236, 237, 236, 234, 239, 236, 238, 235, 234, 237, 237, 235, 237, 236, 236, 234, 234, 236, 233, 234, 233, 235, 234, 233, 235, 233, 234, 232, 234, 233, 234, 233, 233, 233, 237, 236, 235, 246, 237, 236, 235, 235, 237, 236, 236, 235, 236, 236, 234, 236, 235, 235, 237, 238, 235, 233, 233, 236, 236, 236, 236, 235, 236, 237, 236, 234, 238, 236, 236, 235, 232, 238, 237, 237, 237, 238, 240, 236, 235, 234, 236, 238, 235, 235, 236, 236, 238, 235, 234, 236, 237, 235, 233, 235, 237, 237, 237, 235, 238, 237, 236, 238, 234, 234, 235, 236, 235, 234, 236, 236, 235, 235, 234, 237, 238, 237, 235, 236, 237, 237, 236, 234, 235, 237, 237, 236, 236, 235, 234, 236, 237, 235, 237, 234, 238, 235, 236, 234, 236, 238, 238, 236, 234, 234, 236, 235, 236, 236, 236, 234, 236, 237, 238, 235, 234, 237, 236, 236, 234, 235, 235, 235, 237, 233, 235, 235, 234, 235, 237, 236, 237, 233, 234, 235, 234, 238, 237, 236, 235, 236, 236, 236, 234, 236, 235, 233, 237, 236, 237, 236, 235, 235, 238, 239, 237, 235], "WindowCenter": [129.0, 125.0, 123.0, 122.0, 121.0, 121.0, 120.0, 121.0, 120.0, 119.0, 119.0, 120.0, 119.0, 119.0, 120.0, 120.0, 119.0, 118.0, 120.0, 119.0, 120.0, 120.0, 119.0, 119.0, 119.0, 119.0, 119.0, 119.0, 119.0, 120.0, 118.0, 118.0, 119.0, 119.0, 119.0, 120.0, 119.0, 118.0, 119.0, 119.0, 119.0, 119.0, 119.0, 119.0, 118.0, 118.0, 119.0, 119.0, 119.0, 120.0, 118.0, 119.0, 118.0, 119.0, 120.0, 119.0, 121.0, 119.0, 119.0, 117.0, 118.0, 118.0, 120.0, 120.0, 117.0, 118.0, 119.0, 118.0, 121.0, 118.0, 118.0, 119.0, 118.0, 118.0, 118.0, 120.0, 118.0, 119.0, 119.0, 118.0, 119.0, 119.0, 118.0, 117.0, 118.0, 118.0, 119.0, 119.0, 118.0, 117.0, 118.0, 118.0, 119.0, 117.0, 117.0, 118.0, 119.0, 118.0, 118.0, 118.0, 119.0, 118.0, 117.0, 118.0, 117.0, 118.0, 120.0, 119.0, 117.0, 118.0, 117.0, 118.0, 118.0, 119.0, 118.0, 117.0, 117.0, 119.0, 119.0, 120.0, 119.0, 117.0, 117.0, 119.0, 119.0, 119.0, 119.0, 117.0, 118.0, 120.0, 118.0, 120.0, 120.0, 119.0, 118.0, 119.0, 118.0, 118.0, 118.0, 119.0, 118.0, 118.0, 117.0, 118.0, 119.0, 119.0, 119.0, 118.0, 117.0, 118.0, 117.0, 116.0, 119.0, 119.0, 117.0, 117.0, 117.0, 117.0, 118.0, 117.0, 117.0, 117.0, 117.0, 116.0, 117.0, 118.0, 117.0, 117.0, 117.0, 118.0, 118.0, 117.0, 117.0, 117.0, 117.0, 117.0, 118.0, 118.0, 118.0, 118.0, 118.0, 118.0, 117.0, 116.0, 117.0, 117.0, 117.0, 118.0, 117.0, 117.0, 117.0, 118.0, 118.0, 117.0, 117.0, 117.0, 117.0, 117.0, 118.0, 116.0, 116.0, 117.0, 118.0, 119.0, 119.0, 118.0, 117.0, 117.0, 116.0, 118.0, 116.0, 117.0, 118.0, 118.0, 117.0, 118.0, 117.0, 118.0, 117.0, 117.0, 118.0, 118.0, 118.0, 117.0, 117.0, 117.0, 117.0, 117.0, 117.0, 116.0, 118.0, 116.0, 117.0, 118.0, 118.0, 117.0, 117.0, 117.0, 117.0, 117.0, 117.0, 118.0, 117.0, 116.0, 117.0, 117.0, 117.0, 117.0, 117.0, 117.0, 117.0, 116.0, 119.0, 117.0, 118.0, 118.0, 118.0, 117.0, 116.0, 117.0, 117.0, 117.0, 118.0, 118.0, 118.0, 117.0, 117.0, 118.0, 116.0, 117.0, 117.0, 118.0, 116.0, 118.0, 119.0, 118.0, 118.0, 118.0, 118.0, 117.0, 117.0, 119.0, 117.0, 118.0, 118.0, 117.0, 118.0, 118.0, 118.0, 117.0, 118.0, 117.0, 119.0, 118.0, 118.0, 117.0, 118.0, 117.0, 118.0, 117.0, 117.0, 118.0, 119.0, 117.0, 119.0, 117.0, 117.0, 118.0, 118.0, 118.0, 118.0, 116.0, 118.0, 119.0, 118.0, 118.0, 118.0, 117.0, 119.0, 117.0, 117.0, 118.0, 118.0, 118.0, 118.0, 117.0, 119.0, 118.0, 119.0, 117.0, 117.0, 118.0, 118.0, 117.0, 118.0, 118.0, 118.0, 117.0, 117.0, 118.0, 116.0, 117.0, 116.0, 117.0, 117.0, 116.0, 117.0, 116.0, 117.0, 116.0, 117.0, 116.0, 117.0, 116.0, 116.0, 116.0, 118.0, 118.0, 117.0, 123.0, 118.0, 118.0, 117.0, 117.0, 118.0, 118.0, 118.0, 117.0, 118.0, 118.0, 117.0, 118.0, 117.0, 117.0, 118.0, 119.0, 117.0, 116.0, 116.0, 118.0, 118.0, 118.0, 118.0, 117.0, 118.0, 118.0, 118.0, 117.0, 119.0, 118.0, 118.0, 117.0, 116.0, 119.0, 118.0, 118.0, 118.0, 119.0, 120.0, 118.0, 117.0, 117.0, 118.0, 119.0, 117.0, 117.0, 118.0, 118.0, 119.0, 117.0, 117.0, 118.0, 118.0, 117.0, 116.0, 117.0, 118.0, 118.0, 118.0, 117.0, 119.0, 118.0, 118.0, 119.0, 117.0, 117.0, 117.0, 118.0, 117.0, 117.0, 118.0, 118.0, 117.0, 117.0, 117.0, 118.0, 119.0, 118.0, 117.0, 118.0, 118.0, 118.0, 118.0, 117.0, 117.0, 118.0, 118.0, 118.0, 118.0, 117.0, 117.0, 118.0, 118.0, 117.0, 118.0, 117.0, 119.0, 117.0, 118.0, 117.0, 118.0, 119.0, 119.0, 118.0, 117.0, 117.0, 118.0, 117.0, 118.0, 118.0, 118.0, 117.0, 118.0, 118.0, 119.0, 117.0, 117.0, 118.0, 118.0, 118.0, 117.0, 117.0, 117.0, 117.0, 118.0, 116.0, 117.0, 117.0, 117.0, 117.0, 118.0, 118.0, 118.0, 116.0, 117.0, 117.0, 117.0, 119.0, 118.0, 118.0, 117.0, 118.0, 118.0, 118.0, 117.0, 118.0, 117.0, 116.0, 118.0, 118.0, 118.0, 118.0, 117.0, 117.0, 119.0, 119.0, 118.0, 117.0], "WindowWidth": [259.0, 251.0, 246.0, 245.0, 242.0, 242.0, 241.0, 242.0, 240.0, 239.0, 239.0, 240.0, 239.0, 239.0, 240.0, 240.0, 239.0, 237.0, 240.0, 239.0, 241.0, 240.0, 239.0, 239.0, 239.0, 238.0, 239.0, 239.0, 239.0, 241.0, 236.0, 237.0, 239.0, 239.0, 238.0, 240.0, 238.0, 237.0, 238.0, 239.0, 238.0, 239.0, 239.0, 238.0, 236.0, 237.0, 238.0, 238.0, 239.0, 240.0, 236.0, 239.0, 237.0, 239.0, 241.0, 239.0, 242.0, 238.0, 238.0, 235.0, 237.0, 236.0, 240.0, 240.0, 235.0, 237.0, 239.0, 237.0, 242.0, 237.0, 237.0, 238.0, 236.0, 237.0, 237.0, 241.0, 237.0, 238.0, 238.0, 237.0, 239.0, 238.0, 237.0, 234.0, 236.0, 237.0, 238.0, 238.0, 236.0, 235.0, 237.0, 237.0, 239.0, 235.0, 234.0, 237.0, 239.0, 236.0, 237.0, 236.0, 239.0, 237.0, 235.0, 237.0, 235.0, 237.0, 240.0, 238.0, 235.0, 236.0, 235.0, 236.0, 236.0, 238.0, 236.0, 234.0, 235.0, 238.0, 238.0, 240.0, 239.0, 234.0, 234.0, 238.0, 238.0, 239.0, 238.0, 235.0, 236.0, 240.0, 237.0, 240.0, 241.0, 239.0, 237.0, 238.0, 237.0, 237.0, 237.0, 238.0, 236.0, 237.0, 235.0, 236.0, 238.0, 238.0, 238.0, 237.0, 235.0, 236.0, 235.0, 233.0, 239.0, 238.0, 234.0, 234.0, 234.0, 234.0, 236.0, 235.0, 234.0, 234.0, 234.0, 233.0, 235.0, 237.0, 235.0, 234.0, 234.0, 236.0, 236.0, 235.0, 235.0, 235.0, 235.0, 235.0, 237.0, 236.0, 236.0, 236.0, 237.0, 237.0, 234.0, 232.0, 235.0, 234.0, 235.0, 236.0, 235.0, 235.0, 235.0, 236.0, 236.0, 234.0, 234.0, 234.0, 235.0, 235.0, 237.0, 232.0, 233.0, 235.0, 236.0, 238.0, 238.0, 236.0, 234.0, 234.0, 233.0, 237.0, 233.0, 234.0, 236.0, 236.0, 234.0, 236.0, 235.0, 236.0, 234.0, 235.0, 237.0, 236.0, 236.0, 235.0, 234.0, 234.0, 235.0, 234.0, 234.0, 233.0, 237.0, 233.0, 235.0, 236.0, 236.0, 235.0, 235.0, 234.0, 235.0, 234.0, 235.0, 236.0, 234.0, 233.0, 234.0, 234.0, 234.0, 234.0, 234.0, 235.0, 234.0, 233.0, 238.0, 234.0, 236.0, 237.0, 236.0, 235.0, 233.0, 235.0, 234.0, 235.0, 236.0, 236.0, 236.0, 235.0, 234.0, 237.0, 233.0, 235.0, 234.0, 236.0, 233.0, 237.0, 238.0, 237.0, 236.0, 236.0, 236.0, 235.0, 235.0, 238.0, 234.0, 236.0, 236.0, 235.0, 236.0, 237.0, 237.0, 235.0, 236.0, 234.0, 239.0, 236.0, 236.0, 235.0, 237.0, 235.0, 236.0, 235.0, 235.0, 236.0, 238.0, 235.0, 238.0, 235.0, 234.0, 237.0, 237.0, 236.0, 236.0, 233.0, 236.0, 238.0, 236.0, 237.0, 237.0, 234.0, 238.0, 235.0, 235.0, 237.0, 236.0, 237.0, 236.0, 234.0, 239.0, 236.0, 238.0, 235.0, 234.0, 237.0, 237.0, 235.0, 237.0, 236.0, 236.0, 234.0, 234.0, 236.0, 233.0, 234.0, 233.0, 235.0, 234.0, 233.0, 235.0, 233.0, 234.0, 232.0, 234.0, 233.0, 234.0, 233.0, 233.0, 233.0, 237.0, 236.0, 235.0, 246.0, 237.0, 236.0, 235.0, 235.0, 237.0, 236.0, 236.0, 235.0, 236.0, 236.0, 234.0, 236.0, 235.0, 235.0, 237.0, 238.0, 235.0, 233.0, 233.0, 236.0, 236.0, 236.0, 236.0, 235.0, 236.0, 237.0, 236.0, 234.0, 238.0, 236.0, 236.0, 235.0, 232.0, 238.0, 237.0, 237.0, 237.0, 238.0, 240.0, 236.0, 235.0, 234.0, 236.0, 238.0, 235.0, 235.0, 236.0, 236.0, 238.0, 235.0, 234.0, 236.0, 237.0, 235.0, 233.0, 235.0, 237.0, 237.0, 237.0, 235.0, 238.0, 237.0, 236.0, 238.0, 234.0, 234.0, 235.0, 236.0, 235.0, 234.0, 236.0, 236.0, 235.0, 235.0, 234.0, 237.0, 238.0, 237.0, 235.0, 236.0, 237.0, 237.0, 236.0, 234.0, 235.0, 237.0, 237.0, 236.0, 236.0, 235.0, 234.0, 236.0, 237.0, 235.0, 237.0, 234.0, 238.0, 235.0, 236.0, 234.0, 236.0, 238.0, 238.0, 236.0, 234.0, 234.0, 236.0, 235.0, 236.0, 236.0, 236.0, 234.0, 236.0, 237.0, 238.0, 235.0, 234.0, 237.0, 236.0, 236.0, 234.0, 235.0, 235.0, 235.0, 237.0, 233.0, 235.0, 235.0, 234.0, 235.0, 237.0, 236.0, 237.0, 233.0, 234.0, 235.0, 234.0, 238.0, 237.0, 236.0, 235.0, 236.0, 236.0, 236.0, 234.0, 236.0, 235.0, 233.0, 237.0, 236.0, 237.0, 236.0, 235.0, 235.0, 238.0, 239.0, 237.0, 235.0]}, "slices": {}}}