{
    "AcquisitionMatrixPE": 96,
    "AcquisitionNumber": 1,
    "AcquisitionTime": "07:37:4.960000",
    "BandwidthPerPixelPhaseEncode": 33.602,
    "BaseResolution": 96,
    "BodyPartExamined": "BRAIN",
    "ConsistencyInfo": "N4_VD11D_LATEST_20110129",
    "ConversionSoftware": "dcm2niix",
    "ConversionSoftwareVersion": "v1.0.20210317",
    "DerivedVendorReportedEchoSpacing": 0.000620003,
    "DeviceSerialNumber": "45239",
    "DwellTime": 2.6e-06,
    "EchoTime": 0.03,
    "EchoTrainLength": 48,
    "EffectiveEchoSpacing": 0.000310001,
    "FlipAngle": 63,
    "ImageComments": "Unaliased MB4/PE3",
    "ImageOrientationPatientDICOM": [
        0.999429,
        0.0123126,
        0.0314535,
        0.00645414,
        0.844425,
        -0.535635
    ],
    "ImageType": [
        "ORIGINAL",
        "PRIMARY",
        "M",
        "ND",
        "NORM",
        "MOSAIC"
    ],
    "ImagingFrequency": 123.193,
    "InPlanePhaseEncodingDirectionDICOM": "COL",
    "InstitutionAddress": "E 24th St. 100,Austin,Southmiddle,US,78712",
    "InstitutionName": "Univ of Texas at Austin",
    "InstitutionalDepartmentName": "IRC",
    "MRAcquisitionType": "2D",
    "MagneticFieldStrength": 3,
    "Manufacturer": "Siemens",
    "ManufacturersModelName": "Skyra",
    "Modality": "MR",
    "MultibandAccelerationFactor": 4,
    "ParallelReductionFactorInPlane": 2,
    "PartialFourier": 1,
    "PatientPosition": "HFS",
    "PercentPhaseFOV": 100,
    "PercentSampling": 100,
    "PhaseEncodingDirection": "j-",
    "PhaseEncodingSteps": 96,
    "PhaseResolution": 1,
    "PixelBandwidth": 2005,
    "ProcedureStepDescription": "Poldrack2^self-scanning",
    "ProtocolName": "N-back fMRI MBEPI_matrix96_BW200",
    "PulseSequenceDetails": "%CustomerSeq%\\cmrr_mbep2d_bold",
    "ReceiveCoilActiveElements": "HEA;HEP",
    "ReceiveCoilName": "Head_32",
    "ReconMatrixPE": 96,
    "RefLinesPE": 94,
    "RepetitionTime": 1.16,
    "SAR": 0.0936641,
    "ScanOptions": "FS",
    "ScanningSequence": "EP",
    "SequenceName": "epfid2d1_96",
    "SequenceVariant": "SK",
    "SeriesDescription": "N-back fMRI MBEPI_matrix96_BW200",
    "SeriesNumber": 13,
    "ShimSetting": [
        -2780,
        8099,
        -15555,
        -577,
        -53,
        0,
        172,
        -7
    ],
    "SliceThickness": 2,
    "SliceTiming": [
        0,
        0.4975,
        0.9975,
        0.355,
        0.855,
        0.2125,
        0.7125,
        0.07,
        0.57,
        1.0675,
        0.4275,
        0.925,
        0.285,
        0.7825,
        0.1425,
        0.64,
        0,
        0.4975,
        0.9975,
        0.355,
        0.855,
        0.2125,
        0.7125,
        0.07,
        0.57,
        1.0675,
        0.4275,
        0.925,
        0.285,
        0.7825,
        0.1425,
        0.64,
        0,
        0.4975,
        0.9975,
        0.355,
        0.855,
        0.2125,
        0.7125,
        0.07,
        0.57,
        1.0675,
        0.4275,
        0.925,
        0.285,
        0.7825,
        0.1425,
        0.64,
        0,
        0.4975,
        0.9975,
        0.355,
        0.855,
        0.2125,
        0.7125,
        0.07,
        0.57,
        1.0675,
        0.4275,
        0.925,
        0.285,
        0.7825,
        0.1425,
        0.64
    ],
    "SoftwareVersions": "syngo MR D11",
    "SpacingBetweenSlices": 2.4,
    "StationName": "AWP45239",
    "TaskName": "N-back task",
    "TotalReadoutTime": 0.0294501,
    "TxRefAmp": 333.943,
    "WipMemBlock": "9c193b69-3d07-4afe-ae0c-e6c31839ca5a||Sequence: VD11D r206; Feb 13 2013 18:52:04 by eja",
    "dcmmeta_affine": [
        [
            -2.3944661617279053,
            0.015463053248822689,
            0.0795724019408226,
            115.41244506835938
        ],
        [
            -0.029499046504497528,
            2.023101568222046,
            -1.285277247428894,
            -72.21076965332031
        ],
        [
            0.07535723596811295,
            1.2832918167114258,
            2.025272846221924,
            -90.74811553955078
        ],
        [
            0.0,
            0.0,
            0.0,
            1.0
        ]
    ],
    "dcmmeta_reorient_transform": [
        [
            0.0,
            -1.0,
            0.0,
            95.0
        ],
        [
            1.0,
            0.0,
            0.0,
            0.0
        ],
        [
            0.0,
            0.0,
            1.0,
            0.0
        ],
        [
            0.0,
            0.0,
            0.0,
            1.0
        ]
    ],
    "dcmmeta_shape": [
        96,
        96,
        64,
        380
    ],
    "dcmmeta_slice_dim": 2,
    "dcmmeta_version": 0.6,
    "global": {
        "const": {
            "AcquisitionMatrix": [
                96,
                0,
                0,
                96
            ],
            "AngioFlag": "N",
            "BitsAllocated": 16,
            "BitsStored": 16,
            "BodyPartExamined": "BRAIN",
            "Columns": 768,
            "EchoNumbers": 1,
            "EchoTime": 30.0,
            "EchoTrainLength": 48,
            "FlipAngle": 63.0,
            "HighBit": 15,
            "ImageOrientationPatient": [
                0.9994293765955,
                0.01231264564651,
                0.03145345696605,
                0.00645414423648,
                0.84442504255016,
                -0.5356348490682
            ],
            "ImagePositionPatient": [
                -926.61764233346,
                -809.65769812758,
                437.0306116855
            ],
            "ImageType": [
                "ORIGINAL",
                "PRIMARY",
                "M",
                "ND",
                "NORM",
                "MOSAIC"
            ],
            "ImagedNucleus": "1H",
            "ImagingFrequency": 123.193427,
            "InPlanePhaseEncodingDirection": "COL",
            "MRAcquisitionType": "2D",
            "MagneticFieldStrength": 3.0,
            "Manufacturer": "SIEMENS",
            "ManufacturerModelName": "Skyra",
            "Modality": "MR",
            "NumberOfAverages": 1.0,
            "NumberOfPhaseEncodingSteps": 96,
            "PercentPhaseFieldOfView": 100.0,
            "PercentSampling": 100.0,
            "PerformedProcedureStepStartTime": "071130.921000",
            "PhotometricInterpretation": "MONOCHROME2",
            "PixelBandwidth": 2005.0,
            "PixelRepresentation": 0,
            "PixelSpacing": [
                2.3958332538605,
                2.3958332538605
            ],
            "ProtocolName": "N-back fMRI MBEPI_matrix96_BW200",
            "RepetitionTime": 1160.0,
            "Rows": 768,
            "SAR": 0.0936641224405,
            "SamplesPerPixel": 1,
            "ScanOptions": "FS",
            "ScanningSequence": "EP",
            "SequenceName": "epfid2d1_96",
            "SequenceVariant": "SK",
            "SeriesDescription": "N-back fMRI MBEPI_matrix96_BW200",
            "SeriesNumber": 13,
            "SeriesTime": "073743.750000",
            "SliceLocation": -34.081330313356,
            "SliceThickness": 2.0,
            "SmallestImagePixelValue": 0,
            "SoftwareVersions": "syngo MR D11",
            "SpacingBetweenSlices": 2.3999999878322,
            "SpecificCharacterSet": "ISO_IR 100",
            "StudyID": "1",
            "StudyTime": "071130.875000",
            "TransmitCoilName": "Body",
            "VariableFlipAngleFlag": "N",
            "WindowCenterWidthExplanation": "Algo1",
            "dBdt": 0.0
        },
