{"AcquisitionMatrixPE": 320, "AcquisitionNumber": 1, "AcquisitionTime": "08:02:43.572500", "BaseResolution": 320, "BodyPartExamined": "BRAIN", "ConsistencyInfo": "N4_VD11D_LATEST_20110129", "ConversionSoftware": "dcm2niix", "ConversionSoftwareVersion": "v1.0.20210317", "DeviceSerialNumber": "45239", "DwellTime": 2.7e-06, "EchoTime": 0.562, "EchoTrainLength": 288, "FlipAngle": 120, "ImageOrientationPatientDICOM": [0.00406878, 0.999366, -0.0353808, 0.04855, -0.0355368, -0.998188], "ImageType": ["ORIGINAL", "PRIMARY", "M", "ND", "NORM"], "ImagingFrequency": 123.193, "InPlanePhaseEncodingDirectionDICOM": "ROW", "InstitutionAddress": "E 24th St. 100,Austin,Southmiddle,US,78712", "InstitutionName": "Univ of Texas at Austin", "InstitutionalDepartmentName": "IRC", "MRAcquisitionType": "3D", "MagneticFieldStrength": 3, "Manufacturer": "Siemens", "ManufacturersModelName": "Skyra", "Modality": "MR", "ParallelReductionFactorInPlane": 2, "PartialFourier": 1, "PatientPosition": "HFS", "PercentPhaseFOV": 100, "PercentSampling": 100, "PhaseEncodingDirection": "i", "PhaseEncodingSteps": 321, "PhaseOversampling": 0.1, "PhaseResolution": 1, "PixelBandwidth": 580, "ProcedureStepDescription": "Poldrack2^self-scanning", "ProtocolName": "T2w_SPC1_PMC", "PulseSequenceDetails": "%SiemensSeq%\\tse_vfl", "ReceiveCoilActiveElements": "HEA;HEP", "ReceiveCoilName": "Head_32", "ReconMatrixPE": 320, "RefLinesPE": 32, "RepetitionTime": 3.2, "SAR": 0.136706, "ScanOptions": "PFP", "ScanningSequence": "SE", "SequenceName": "*spc3d1_314ns", "SequenceVariant": "SK\\SP\\OSP", "SeriesDescription": "T2w_SPC1_PMC", "SeriesNumber": 12, "ShimSetting": [-2746, 8032, -15586, 163, -162, -19, 47, 22], "SliceThickness": 0.7, "SoftwareVersions": "syngo MR D11", "StationName": "AWP45239", "TxRefAmp": 331.962, "dcmmeta_affine": [[0.6991687417030334, 0.0028481464833021164, 0.033984966576099396, -93.85569763183594], [-0.0016405715141445398, 0.6995559334754944, -0.02487574703991413, -116.65293884277344], [-0.03406462073326111, 0.024766556918621063, 0.6987318396568298, -117.38877868652344], [0.0, 0.0, 0.0, 1.0]], "dcmmeta_reorient_transform": [[0.0, 0.0, -1.0, 319.0], [0.0, -1.0, 0.0, 319.0], [-1.0, 0.0, 0.0, 255.0], [0.0, 0.0, 0.0, 1.0]], "dcmmeta_shape": [256, 320, 320], "dcmmeta_slice_dim": 0, "dcmmeta_version": 0.6, "global": {"const": {"AcquisitionMatrix": [0, 320, 320, 0], "AcquisitionNumber": 1, "AcquisitionTime": "080243.572500", "AngioFlag": "N", "BitsAllocated": 16, "BitsStored": 12, "BodyPartExamined": "BRAIN", "Columns": 320, "EchoNumbers": 1, "EchoTime": 562.0, "EchoTrainLength": 288, "FlipAngle": 120.0, "HighBit": 11, "ImageOrientationPatient": [0.00406878062645, 0.9993656209269, -0.0353807961132, 0.04854995044014, -0.0355367823988, -0.9981883787187], "ImageType": ["ORIGINAL", "PRIMARY", "M", "ND", "NORM"], "ImagedNucleus": "1H", "ImagingFrequency": 123.193454, "InPlanePhaseEncodingDirection": "ROW", "MRAcquisitionType": "3D", "MagneticFieldStrength": 3.0, "Manufacturer": "SIEMENS", "ManufacturerModelName": "Skyra", "Modality": "MR", "NumberOfAverages": 1.0, "NumberOfPhaseEncodingSteps": 321, "PercentPhaseFieldOfView": 100.0, "PercentSampling": 100.0, "PerformedProcedureStepStartTime": "070944.890000", "PhotometricInterpretation": "MONOCHROME2", "PixelBandwidth": 580.0, "PixelRepresentation": 0, "PixelSpacing": [0.69999998807907, 0.69999998807907], "ProtocolName": "T2w_SPC1_PMC", "RepetitionTime": 3200.0, "Rows": 320, "SAR": 0.13670591500838, "SamplesPerPixel": 1, "ScanOptions": "PFP", "ScanningSequence": "SE", "SequenceName": "*spc3d1_314ns", "SequenceVariant": ["SK", "SP", "OSP"], "SeriesDescription": "T2w_SPC1_PMC", "SeriesNumber": 12, "SeriesTime": "081119.390000", "SliceThickness": 0.69999998807907, "SmallestImagePixelValue": 0, "SoftwareVersions": "syngo MR D11", "SpecificCharacterSet": "ISO_IR 100", "StudyID": "1", "StudyTime": "070944.859000", "TransmitCoilName": "Body", "VariableFlipAngleFlag": "Y", "WindowCenterWidthExplanation": "Algo1", "dBdt": 0.0}, "slices": {"ContentTime": ["081121.343000", "081121.343000", "081121.343000", "081121.343000", "081121.328000", "081121.328000", "081121.328000", "081121.328000", "081121.312000", "081121.312000", "081121.312000", "081121.312000", "081121.312000", "081121.312000", "081121.312000", "081121.312000", "081121.296000", "081121.296000", "081121.296000", "081121.296000", "081121.296000", "081121.296000", "081121.296000", "081121.296000", "081121.281000", "081121.281000", "081121.281000", "081121.281000", "081121.281000", "081121.281000", "081121.281000", "081121.281000", "081121.265000", "081121.265000", "081121.265000", "081121.265000", "081121.265000", "081121.265000", "081121.265000", "081121.250000", "081121.250000", "081121.250000", "081121.250000", "081121.250000", "081121.234000", "081121.234000", "081121.234000", "081121.234000", "081121.234000", "081121.234000", "081121.218000", "081121.218000", "081121.218000", "081121.218000", "081121.203000", "081121.203000", "081119.921000", "081119.921000", "081119.921000", "081119.921000", "081119.921000", "081119.906000", "081119.906000", "081119.906000", "081119.906000", "081119.890000", "081119.890000", "081119.890000", "081119.875000", "081119.875000", "081119.875000", "081119.875000", "081119.875000", "081119.859000", "081119.859000", "081119.843000", "081119.843000", "081119.843000", "081119.843000", "081119.828000", "081119.828000", "081119.828000", "081119.828000", "081119.828000", "081119.828000", "081119.828000", "081119.812000", "081119.812000", "081119.812000", "081119.812000", "081119.796000", "081119.796000", "081119.796000", "081119.796000", "081119.796000", "081119.796000", "081119.796000", "081119.796000", "081119.781000", "081119.781000", "081119.781000", "081119.781000", "081119.781000", "081119.781000", "081119.781000", "081119.765000", "081119.765000", "081119.765000", "081119.765000", "081119.765000", "081119.765000", "081119.765000", "081119.765000", "081119.750000", "081119.750000", "081119.750000", "081119.750000", "081119.750000", "081119.750000", "081119.750000", "081119.750000", "081119.750000", "081119.734000", "081119.734000", "081119.734000", "081119.734000", "081119.718000", "081119.718000", "081119.718000", "081119.718000", "081119.718000", "081119.718000", "081119.718000", "081119.718000", "081119.703000", "081119.703000", "081119.703000", "081119.703000", "081119.703000", "081119.703000", "081119.703000", "081119.687000", "081119.687000", "081119.687000", "081119.671000", "081119.671000", "081119.671000", "081119.671000", "081119.671000", "081119.671000", "081119.671000", "081119.671000", "081119.656000", "081119.656000", "081119.656000", "081119.656000", "081119.656000", "081119.656000", "081119.656000", "081119.656000", "081119.640000", "081119.640000", "081119.640000", "081119.640000", "081119.640000", "081119.640000", "081119.625000", "081119.625000", "081119.625000", "081119.625000", "081119.625000", "081119.625000", "081119.625000", "081119.625000", "081119.609000", "081119.609000", "081119.609000", "081119.609000", "081119.609000", "081119.609000", "081119.593000", "081119.593000", "081119.593000", "081119.593000", "081119.593000", "081119.593000", "081119.593000", "081119.578000", "081119.578000", "081119.562000", "081119.562000", "081119.562000", "081119.562000", "081119.562000", "081119.562000", "081119.562000", "081119.562000", "081119.546000", "081119.546000", "081119.546000", "081119.546000", "081119.546000", "081119.546000", "081119.546000", "081119.531000", "081119.515000", "081119.515000", "081119.515000", "081119.515000", "081119.500000", "081119.500000", "081119.484000", "081119.484000", "081119.484000", "081119.484000", "081119.484000", "081119.484000", "081119.484000", "081119.468000", "081119.468000", "081119.468000", "081119.468000", "081119.468000", "081119.468000", "081119.468000", "081119.468000", "081119.453000", "081119.453000", "081119.453000", "081119.453000", "081119.453000", "081119.453000", "081119.453000", "081119.453000", "081119.453000", "081119.437000", "081119.437000", "081119.437000", "081119.437000", "081119.437000", "081119.421000", "081119.421000", "081119.421000", "081119.421000", "081119.421000", "081119.421000", "081119.421000", "081119.421000", "081119.406000", "081119.406000", "081119.406000", "081119.406000", "081119.406000", "081119.406000", "081119.406000", "081119.390000"], "CsaImage.Actual3DImaPartNumber": [255, 254, 253, 252, 251, 250, 249, 248, 247, 246, 245, 244, 243, 242, 241, 240, 239, 238, 237, 236, 235, 234, 233, 232, 231, 230, 229, 228, 227, 226, 225, 224, 223, 222, 221, 220, 219, 218, 217, 216, 215, 214, 213, 212, 211, 210, 209, 208, 207, 206, 205, 204, 203, 202, 201, 200, 199, 198, 197, 196, 195, 194, 193, 192, 191, 190, 189, 188, 187, 186, 185, 184, 183, 182, 181, 180, 179, 178, 177, 176, 175, 174, 173, 172, 171, 170, 169, 168, 167, 166, 165, 164, 163, 162, 161, 160, 159, 158, 157, 156, 155, 154, 153, 152, 151, 150, 149, 148, 147, 146, 145, 144, 143, 142, 141, 140, 139, 138, 137, 136, 135, 134, 133, 132, 131, 130, 129, 128, 127, 126, 125, 124, 123, 122, 121, 120, 119, 118, 117, 116, 115, 114, 113, 112, 111, 110, 109, 108, 107, 106, 105, 104, 103, 102, 101, 100, 99, 98, 97, 96, 95, 94, 93, 92, 91, 90, 89, 88, 87, 86, 85, 84, 83, 82, 81, 80, 79, 78, 77, 76, 75, 74, 73, 72, 71, 70, 69, 68, 67, 66, 65, 64, 63, 62, 61, 60, 59, 58, 57, 56, 55, 54, 53, 52, 51, 50, 49, 48, 47, 46, 45, 44, 43, 42, 41, 40, 39, 38, 37, 36, 35, 34, 33, 32, 31, 30, 29, 28, 27, 26, 25, 24, 23, 22, 21, 20, 19, 18, 17, 16, 15, 14, 13, 12, 11, 10, 9, 8, 7, 6, 5, 4, 3, 2, 1, 0], "CsaImage.ICE_Dims": ["X_1_1_1_1_1_256_1_1_1_1_1_241", "X_1_1_1_1_1_255_1_1_1_1_1_241", "X_1_1_1_1_1_254_1_1_1_1_1_241", "X_1_1_1_1_1_253_1_1_1_1_1_241", "X_1_1_1_1_1_252_1_1_1_1_1_241", "X_1_1_1_1_1_251_1_1_1_1_1_241", "X_1_1_1_1_1_250_1_1_1_1_1_241", "X_1_1_1_1_1_249_1_1_1_1_1_241", "X_1_1_1_1_1_248_1_1_1_1_1_241", "X_1_1_1_1_1_247_1_1_1_1_1_241", "X_1_1_1_1_1_246_1_1_1_1_1_241", "X_1_1_1_1_1_245_1_1_1_1_1_241", "X_1_1_1_1_1_244_1_1_1_1_1_241", "X_1_1_1_1_1_243_1_1_1_1_1_241", "X_1_1_1_1_1_242_1_1_1_1_1_241", "X_1_1_1_1_1_241_1_1_1_1_1_241", "X_1_1_1_1_1_240_1_1_1_1_1_241", "X_1_1_1_1_1_239_1_1_1_1_1_241", "X_1_1_1_1_1_238_1_1_1_1_1_241", "X_1_1_1_1_1_237_1_1_1_1_1_241", "X_1_1_1_1_1_236_1_1_1_1_1_241", "X_1_1_1_1_1_235_1_1_1_1_1_241", "X_1_1_1_1_1_234_1_1_1_1_1_241", "X_1_1_1_1_1_233_1_1_1_1_1_241", "X_1_1_1_1_1_232_1_1_1_1_1_241", "X_1_1_1_1_1_231_1_1_1_1_1_241", "X_1_1_1_1_1_230_1_1_1_1_1_241", "X_1_1_1_1_1_229_1_1_1_1_1_241", "X_1_1_1_1_1_228_1_1_1_1_1_241", "X_1_1_1_1_1_227_1_1_1_1_1_241", "X_1_1_1_1_1_226_1_1_1_1_1_241", "X_1_1_1_1_1_225_1_1_1_1_1_241", "X_1_1_1_1_1_224_1_1_1_1_1_241", "X_1_1_1_1_1_223_1_1_1_1_1_241", "X_1_1_1_1_1_222_1_1_1_1_1_241", "X_1_1_1_1_1_221_1_1_1_1_1_241", "X_1_1_1_1_1_220_1_1_1_1_1_241", "X_1_1_1_1_1_219_1_1_1_1_1_241", "X_1_1_1_1_1_218_1_1_1_1_1_241", "X_1_1_1_1_1_217_1_1_1_1_1_241", "X_1_1_1_1_1_216_1_1_1_1_1_241", "X_1_1_1_1_1_215_1_1_1_1_1_241", "X_1_1_1_1_1_214_1_1_1_1_1_241", "X_1_1_1_1_1_213_1_1_1_1_1_241", "X_1_1_1_1_1_212_1_1_1_1_1_241", "X_1_1_1_1_1_211_1_1_1_1_1_241", "X_1_1_1_1_1_210_1_1_1_1_1_241", "X_1_1_1_1_1_209_1_1_1_1_1_241", "X_1_1_1_1_1_208_1_1_1_1_1_241", "X_1_1_1_1_1_207_1_1_1_1_1_241", "X_1_1_1_1_1_206_1_1_1_1_1_241", "X_1_1_1_1_1_205_1_1_1_1_1_241", "X_1_1_1_1_1_204_1_1_1_1_1_241", "X_1_1_1_1_1_203_1_1_1_1_1_241", "X_1_1_1_1_1_202_1_1_1_1_1_241", "X_1_1_1_1_1_201_1_1_1_1_1_241", "X_1_1_1_1_1_200_1_1_1_1_1_241", "X_1_1_1_1_1_199_1_1_1_1_1_241", "X_1_1_1_1_1_198_1_1_1_1_1_241", "X_1_1_1_1_1_197_1_1_1_1_1_241", "X_1_1_1_1_1_196_1_1_1_1_1_241", "X_1_1_1_1_1_195_1_1_1_1_1_241", "X_1_1_1_1_1_194_1_1_1_1_1_241", "X_1_1_1_1_1_193_1_1_1_1_1_241", "X_1_1_1_1_1_192_1_1_1_1_1_241", "X_1_1_1_1_1_191_1_1_1_1_1_241", "X_1_1_1_1_1_190_1_1_1_1_1_241", "X_1_1_1_1_1_189_1_1_1_1_1_241", "X_1_1_1_1_1_188_1_1_1_1_1_241", "X_1_1_1_1_1_187_1_1_1_1_1_241", "X_1_1_1_1_1_186_1_1_1_1_1_241", "X_1_1_1_1_1_185_1_1_1_1_1_241", "X_1_1_1_1_1_184_1_1_1_1_1_241", "X_1_1_1_1_1_183_1_1_1_1_1_241", "X_1_1_1_1_1_182_1_1_1_1_1_241", "X_1_1_1_1_1_181_1_1_1_1_1_241", "X_1_1_1_1_1_180_1_1_1_1_1_241", "X_1_1_1_1_1_179_1_1_1_1_1_241", "X_1_1_1_1_1_178_1_1_1_1_1_241", "X_1_1_1_1_1_177_1_1_1_1_1_241", "X_1_1_1_1_1_176_1_1_1_1_1_241", "X_1_1_1_1_1_175_1_1_1_1_1_241", "X_1_1_1_1_1_174_1_1_1_1_1_241", "X_1_1_1_1_1_173_1_1_1_1_1_241", "X_1_1_1_1_1_172_1_1_1_1_1_241", "X_1_1_1_1_1_171_1_1_1_1_1_241", "X_1_1_1_1_1_170_1_1_1_1_1_241", "X_1_1_1_1_1_169_1_1_1_1_1_241", "X_1_1_1_1_1_168_1_1_1_1_1_241", "X_1_1_1_1_1_167_1_1_1_1_1_241", "X_1_1_1_1_1_166_1_1_1_1_1_241", "X_1_1_1_1_1_165_1_1_1_1_1_241", "X_1_1_1_1_1_164_1_1_1_1_1_241", "X_1_1_1_1_1_163_1_1_1_1_1_241", "X_1_1_1_1_1_162_1_1_1_1_1_241", "X_1_1_1_1_1_161_1_1_1_1_1_241", "X_1_1_1_1_1_160_1_1_1_1_1_241", "X_1_1_1_1_1_159_1_1_1_1_1_241", "X_1_1_1_1_1_158_1_1_1_1_1_241", "X_1_1_1_1_1_157_1_1_1_1_1_241", "X_1_1_1_1_1_156_1_1_1_1_1_241", "X_1_1_1_1_1_155_1_1_1_1_1_241", "X_1_1_1_1_1_154_1_1_1_1_1_241", "X_1_1_1_1_1_153_1_1_1_1_1_241", "X_1_1_1_1_1_152_1_1_1_1_1_241", "X_1_1_1_1_1_151_1_1_1_1_1_241", "X_1_1_1_1_1_150_1_1_1_1_1_241", "X_1_1_1_1_1_149_1_1_1_1_1_241", "X_1_1_1_1_1_148_1_1_1_1_1_241", "X_1_1_1_1_1_147_1_1_1_1_1_241", "X_1_1_1_1_1_146_1_1_1_1_1_241", "X_1_1_1_1_1_145_1_1_1_1_1_241", "X_1_1_1_1_1_144_1_1_1_1_1_241", "X_1_1_1_1_1_143_1_1_1_1_1_241", "X_1_1_1_1_1_142_1_1_1_1_1_241", "X_1_1_1_1_1_141_1_1_1_1_1_241", "X_1_1_1_1_1_140_1_1_1_1_1_241", "X_1_1_1_1_1_139_1_1_1_1_1_241", "X_1_1_1_1_1_138_1_1_1_1_1_241", "X_1_1_1_1_1_137_1_1_1_1_1_241", "X_1_1_1_1_1_136_1_1_1_1_1_241", "X_1_1_1_1_1_135_1_1_1_1_1_241", "X_1_1_1_1_1_134_1_1_1_1_1_241", "X_1_1_1_1_1_133_1_1_1_1_1_241", "X_1_1_1_1_1_132_1_1_1_1_1_241", "X_1_1_1_1_1_131_1_1_1_1_1_241", "X_1_1_1_1_1_130_1_1_1_1_1_241", "X_1_1_1_1_1_129_1_1_1_1_1_241", "X_1_1_1_1_1_128_1_1_1_1_1_241", "X_1_1_1_1_1_127_1_1_1_1_1_241", "X_1_1_1_1_1_126_1_1_1_1_1_241", "X_1_1_1_1_1_125_1_1_1_1_1_241", "X_1_1_1_1_1_124_1_1_1_1_1_241", "X_1_1_1_1_1_123_1_1_1_1_1_241", "X_1_1_1_1_1_122_1_1_1_1_1_241", "X_1_1_1_1_1_121_1_1_1_1_1_241", "X_1_1_1_1_1_120_1_1_1_1_1_241", "X_1_1_1_1_1_119_1_1_1_1_1_241", "X_1_1_1_1_1_118_1_1_1_1_1_241", "X_1_1_1_1_1_117_1_1_1_1_1_241", "X_1_1_1_1_1_116_1_1_1_1_1_241", "X_1_1_1_1_1_115_1_1_1_1_1_241", "X_1_1_1_1_1_114_1_1_1_1_1_241", "X_1_1_1_1_1_113_1_1_1_1_1_241", "X_1_1_1_1_1_112_1_1_1_1_1_241", "X_1_1_1_1_1_111_1_1_1_1_1_241", "X_1_1_1_1_1_110_1_1_1_1_1_241", "X_1_1_1_1_1_109_1_1_1_1_1_241", "X_1_1_1_1_1_108_1_1_1_1_1_241", "X_1_1_1_1_1_107_1_1_1_1_1_241", "X_1_1_1_1_1_106_1_1_1_1_1_241", "X_1_1_1_1_1_105_1_1_1_1_1_241", "X_1_1_1_1_1_104_1_1_1_1_1_241", "X_1_1_1_1_1_103_1_1_1_1_1_241", "X_1_1_1_1_1_102_1_1_1_1_1_241", "X_1_1_1_1_1_101_1_1_1_1_1_241", "X_1_1_1_1_1_100_1_1_1_1_1_241", "X_1_1_1_1_1_99_1_1_1_1_1_241", "X_1_1_1_1_1_98_1_1_1_1_1_241", "X_1_1_1_1_1_97_1_1_1_1_1_241", "X_1_1_1_1_1_96_1_1_1_1_1_241", "X_1_1_1_1_1_95_1_1_1_1_1_241", "X_1_1_1_1_1_94_1_1_1_1_1_241", "X_1_1_1_1_1_93_1_1_1_1_1_241", "X_1_1_1_1_1_92_1_1_1_1_1_241", "X_1_1_1_1_1_91_1_1_1_1_1_241", "X_1_1_1_1_1_90_1_1_1_1_1_241", "X_1_1_1_1_1_89_1_1_1_1_1_241", "X_1_1_1_1_1_88_1_1_1_1_1_241", "X_1_1_1_1_1_87_1_1_1_1_1_241", "X_1_1_1_1_1_86_1_1_1_1_1_241", "X_1_1_1_1_1_85_1_1_1_1_1_241", "X_1_1_1_1_1_84_1_1_1_1_1_241", "X_1_1_1_1_1_83_1_1_1_1_1_241", "X_1_1_1_1_1_82_1_1_1_1_1_241", "X_1_1_1_1_1_81_1_1_1_1_1_241", "X_1_1_1_1_1_80_1_1_1_1_1_241", "X_1_1_1_1_1_79_1_1_1_1_1_241", "X_1_1_1_1_1_78_1_1_1_1_1_241", "X_1_1_1_1_1_77_1_1_1_1_1_241", "X_1_1_1_1_1_76_1_1_1_1_1_241", "X_1_1_1_1_1_75_1_1_1_1_1_241", "X_1_1_1_1_1_74_1_1_1_1_1_241", "X_1_1_1_1_1_73_1_1_1_1_1_241", "X_1_1_1_1_1_72_1_1_1_1_1_241", "X_1_1_1_1_1_71_1_1_1_1_1_241", "X_1_1_1_1_1_70_1_1_1_1_1_241", "X_1_1_1_1_1_69_1_1_1_1_1_241", "X_1_1_1_1_1_68_1_1_1_1_1_241", "X_1_1_1_1_1_67_1_1_1_1_1_241", "X_1_1_1_1_1_66_1_1_1_1_1_241", "X_1_1_1_1_1_65_1_1_1_1_1_241", "X_1_1_1_1_1_64_1_1_1_1_1_241", "X_1_1_1_1_1_63_1_1_1_1_1_241", "X_1_1_1_1_1_62_1_1_1_1_1_241", "X_1_1_1_1_1_61_1_1_1_1_1_241", "X_1_1_1_1_1_60_1_1_1_1_1_241", "X_1_1_1_1_1_59_1_1_1_1_1_241", "X_1_1_1_1_1_58_1_1_1_1_1_241", "X_1_1_1_1_1_57_1_1_1_1_1_241", "X_1_1_1_1_1_56_1_1_1_1_1_241", "X_1_1_1_1_1_55_1_1_1_1_1_241", "X_1_1_1_1_1_54_1_1_1_1_1_241", "X_1_1_1_1_1_53_1_1_1_1_1_241", "X_1_1_1_1_1_52_1_1_1_1_1_241", "X_1_1_1_1_1_51_1_1_1_1_1_241", "X_1_1_1_1_1_50_1_1_1_1_1_241", "X_1_1_1_1_1_49_1_1_1_1_1_241", "X_1_1_1_1_1_48_1_1_1_1_1_241", "X_1_1_1_1_1_47_1_1_1_1_1_241", "X_1_1_1_1_1_46_1_1_1_1_1_241", "X_1_1_1_1_1_45_1_1_1_1_1_241", "X_1_1_1_1_1_44_1_1_1_1_1_241", "X_1_1_1_1_1_43_1_1_1_1_1_241", "X_1_1_1_1_1_42_1_1_1_1_1_241", "X_1_1_1_1_1_41_1_1_1_1_1_241", "X_1_1_1_1_1_40_1_1_1_1_1_241", "X_1_1_1_1_1_39_1_1_1_1_1_241", "X_1_1_1_1_1_38_1_1_1_1_1_241", "X_1_1_1_1_1_37_1_1_1_1_1_241", "X_1_1_1_1_1_36_1_1_1_1_1_241", "X_1_1_1_1_1_35_1_1_1_1_1_241", "X_1_1_1_1_1_34_1_1_1_1_1_241", "X_1_1_1_1_1_33_1_1_1_1_1_241", "X_1_1_1_1_1_32_1_1_1_1_1_241", "X_1_1_1_1_1_31_1_1_1_1_1_241", "X_1_1_1_1_1_30_1_1_1_1_1_241", "X_1_1_1_1_1_29_1_1_1_1_1_241", "X_1_1_1_1_1_28_1_1_1_1_1_241", "X_1_1_1_1_1_27_1_1_1_1_1_241", "X_1_1_1_1_1_26_1_1_1_1_1_241", "X_1_1_1_1_1_25_1_1_1_1_1_241", "X_1_1_1_1_1_24_1_1_1_1_1_241", "X_1_1_1_1_1_23_1_1_1_1_1_241", "X_1_1_1_1_1_22_1_1_1_1_1_241", "X_1_1_1_1_1_21_1_1_1_1_1_241", "X_1_1_1_1_1_20_1_1_1_1_1_241", "X_1_1_1_1_1_19_1_1_1_1_1_241", "X_1_1_1_1_1_18_1_1_1_1_1_241", "X_1_1_1_1_1_17_1_1_1_1_1_241", "X_1_1_1_1_1_16_1_1_1_1_1_241", "X_1_1_1_1_1_15_1_1_1_1_1_241", "X_1_1_1_1_1_14_1_1_1_1_1_241", "X_1_1_1_1_1_13_1_1_1_1_1_241", "X_1_1_1_1_1_12_1_1_1_1_1_241", "X_1_1_1_1_1_11_1_1_1_1_1_241", "X_1_1_1_1_1_10_1_1_1_1_1_241", "X_1_1_1_1_1_9_1_1_1_1_1_241", "X_1_1_1_1_1_8_1_1_1_1_1_241", "X_1_1_1_1_1_7_1_1_1_1_1_241", "X_1_1_1_1_1_6_1_1_1_1_1_241", "X_1_1_1_1_1_5_1_1_1_1_1_241", "X_1_1_1_1_1_4_1_1_1_1_1_241", "X_1_1_1_1_1_3_1_1_1_1_1_241", "X_1_1_1_1_1_2_1_1_1_1_1_241", "X_1_1_1_1_1_1_1_1_1_1_1_241"], "CsaImage.SlicePosition_PCS": [[82.1059342, -98.5700407, 113.40721717], [81.40676548, -98.56840013, 113.37315255], [80.70759676, -98.56675956, 113.33908793], [80.00842805, -98.56511899, 113.30502331], [79.30925933, -98.56347842, 113.2709587], [78.61009062, -98.56183784, 113.23689408], [77.9109219, -98.56019727, 113.20282946], [77.21175318, -98.5585567, 113.16876484], [76.51258447, -98.55691613, 113.13470022], [75.81341575, -98.55527556, 113.1006356], [75.11424704, -98.55363499, 113.06657098], [74.41507832, -98.55199442, 113.03250636], [73.7159096, -98.55035384, 112.99844174], [73.01674089, -98.54871327, 112.96437712], [72.31757217, -98.5470727, 112.9303125], [71.61840346, -98.54543213, 112.89624788], [70.91923474, -98.54379156, 112.86218326], [70.22006602, -98.54215099, 112.82811864], [69.52089731, -98.54051041, 112.79405402], [68.82172859, -98.53886984, 112.75998941], [68.12255987, -98.53722927, 112.72592479], [67.42339116, -98.5355887, 112.69186017], [66.72422244, -98.53394813, 112.65779555], [66.02505373, -98.53230756, 112.62373093], [65.32588501, -98.53066699, 112.58966631], [64.62671629, -98.52902641, 112.55560169], [63.92754758, -98.52738584, 112.52153707], [63.22837886, -98.52574527, 112.48747245], [62.52921015, -98.5241047, 112.45340783], [61.83004143, -98.52246413, 112.41934321], [61.13087271, -98.52082356, 112.38527859], [60.431704, -98.51918299, 112.35121397], [59.73253528, -98.51754241, 112.31714935], [59.03336657, -98.51590184, 112.28308473], [58.33419785, -98.51426127, 112.24902012], [57.63502913, -98.5126207, 112.2149555], [56.93586042, -98.51098013, 112.18089088], [56.2366917, -98.50933956, 112.14682626], [55.53752299, -98.50769898, 112.11276164], [54.83835427, -98.50605841, 112.07869702], [54.13918555, -98.50441784, 112.0446324], [53.44001684, -98.50277727, 112.01056778], [52.74084812, -98.5011367, 111.97650316], [52.04167941, -98.49949613, 111.94243854], [51.34251069, -98.49785556, 111.90837392], [50.64334197, -98.49621498, 111.8743093], [49.94417326, -98.49457441, 111.84024468], [49.24500454, -98.49293384, 111.80618006], [48.54583582, -98.49129327, 111.77211544], [47.84666711, -98.4896527, 111.73805083], [47.14749839, -98.48801213, 111.70398621], [46.44832968, -98.48637155, 111.66992159], [45.74916096, -98.48473098, 111.63585697], [45.04999224, -98.48309041, 111.60179235], [44.35082353, -98.48144984, 111.56772773], [43.65165481, -98.47980927, 111.53366311], [42.9524861, -98.4781687, 111.49959849], [42.25331738, -98.47652813, 111.46553387], [41.55414866, -98.47488755, 111.43146925], [40.85497995, -98.47324698, 111.39740463], [40.15581123, -98.47160641, 111.36334001], [39.45664252, -98.46996584, 111.32927539], [38.7574738, -98.46832527, 111.29521077], [38.05830508, -98.4666847, 111.26114615], [37.35913637, -98.46504413, 111.22708154], [36.65996765, -98.46340355, 111.19301692], [35.96079894, -98.46176298, 111.1589523], [35.26163022, -98.46012241, 111.12488768], [34.5624615, -98.45848184, 111.09082306], [33.86329279, -98.45684127, 111.05675844], [33.16412407, -98.4552007, 111.02269382], [32.46495535, -98.45356012, 110.9886292], [31.76578664, -98.45191955, 110.95456458], [31.06661792, -98.45027898, 110.92049996], [30.36744921, -98.44863841, 110.88643534], [29.66828049, -98.44699784, 110.85237072], [28.96911177, -98.44535727, 110.8183061], [28.26994306, -98.4437167, 110.78424148], [27.57077434, -98.44207612, 110.75017686], [26.87160563, -98.44043555, 110.71611225], [26.17243691, -98.43879498, 110.68204763], [25.47326819, -98.43715441, 110.64798301], [24.77409948, -98.43551384, 110.61391839], [24.07493076, -98.43387327, 110.57985377], [23.37576205, -98.43223269, 110.54578915], [22.67659333, -98.43059212, 110.51172453], [21.97742461, -98.42895155, 110.47765991], [21.2782559, -98.42731098, 110.44359529], [20.57908718, -98.42567041, 110.40953067], [19.87991847, -98.42402984, 110.37546605], [19.18074975, -98.42238927, 110.34140143], [18.48158103, -98.42074869, 110.30733681], [17.78241232, -98.41910812, 110.27327219], [17.0832436, -98.41746755, 110.23920757], [16.38407489, -98.41582698, 110.20514295], [15.68490617, -98.41418641, 110.17107834], [14.98573745, -98.41254584, 110.13701372], [14.28656874, -98.41090526, 110.1029491], [13.58740002, -98.40926469, 110.06888448], [12.8882313, -98.40762412, 110.03481986], [12.18906259, -98.40598355, 110.00075524], [11.48989387, -98.40434298, 109.96669062], [10.79072516, -98.40270241, 109.932626], [10.09155644, -98.40106184, 109.89856138], [9.39238772, -98.39942126, 109.86449676], [8.69321901, -98.39778069, 109.83043214], [7.99405029, -98.39614012, 109.79636752], [7.29488158, -98.39449955, 109.7623029], [6.59571286, -98.39285898, 109.72823828], [5.89654414, -98.39121841, 109.69417366], [5.19737543, -98.38957784, 109.66010905], [4.49820671, -98.38793726, 109.62604443], [3.799038, -98.38629669, 109.59197981], [3.09986928, -98.38465612, 109.55791519], [2.40070056, -98.38301555, 109.52385057], [1.70153185, -98.38137498, 109.48978595], [1.00236313, -98.37973441, 109.45572133], [0.30319442, -98.37809383, 109.42165671], [-0.3959743, -98.37645326, 109.38759209], [-1.09514302, -98.37481269, 109.35352747], [-1.79431173, -98.37317212, 109.31946285], [-2.49348045, -98.37153155, 109.28539823], [-3.19264917, -98.36989098, 109.25133361], [-3.89181788, -98.36825041, 109.21726899], [-4.5909866, -98.36660983, 109.18320437], [-5.29015531, -98.36496926, 109.14913976], [-5.98932403, -98.36332869, 109.11507514], [-6.68849275, -98.36168812, 109.08101052], [-7.38766146, -98.36004755, 109.0469459], [-8.08683018, -98.35840698, 109.01288128], [-8.78599889, -98.3567664, 108.97881666], [-9.48516761, -98.35512583, 108.94475204], [-10.18433633, -98.35348526, 108.91068742], [-10.88350504, -98.35184469, 108.8766228], [-11.58267376, -98.35020412, 108.84255818], [-12.28184247, -98.34856355, 108.80849356], [-12.98101119, -98.34692298, 108.77442894], [-13.68017991, -98.3452824, 108.74036432], [-14.37934862, -98.34364183, 108.7062997], [-15.07851734, -98.34200126, 108.67223508], [-15.77768605, -98.34036069, 108.63817047], [-16.47685477, -98.33872012, 108.60410585], [-17.17602349, -98.33707955, 108.57004123], [-17.8751922, -98.33543898, 108.53597661], [-18.57436092, -98.3337984, 108.50191199], [-19.27352964, -98.33215783, 108.46784737], [-19.97269835, -98.33051726, 108.43378275], [-20.67186707, -98.32887669, 108.39971813], [-21.37103578, -98.32723612, 108.36565351], [-22.0702045, -98.32559555, 108.33158889], [-22.76937322, -98.32395497, 108.29752427], [-23.46854193, -98.3223144, 108.26345965], [-24.16771065, -98.32067383, 108.22939503], [-24.86687936, -98.31903326, 108.19533041], [-25.56604808, -98.31739269, 108.16126579], [-26.2652168, -98.31575212, 108.12720118], [-26.96438551, -98.31411155, 108.09313656], [-27.66355423, -98.31247097, 108.05907194], [-28.36272294, -98.3108304, 108.02500732], [-29.06189166, -98.30918983, 107.9909427], [-29.76106038, -98.30754926, 107.95687808], [-30.46022909, -98.30590869, 107.92281346], [-31.15939781, -98.30426812, 107.88874884], [-31.85856652, -98.30262754, 107.85468422], [-32.55773524, -98.30098697, 107.8206196], [-33.25690396, -98.2993464, 107.78655498], [-33.95607267, -98.29770583, 107.75249036], [-34.65524139, -98.29606526, 107.71842574], [-35.3544101, -98.29442469, 107.68436112], [-36.05357882, -98.29278412, 107.6502965], [-36.75274754, -98.29114354, 107.61623189], [-37.45191625, -98.28950297, 107.58216727], [-38.15108497, -98.2878624, 107.54810265], [-38.85025369, -98.28622183, 107.51403803], [-39.5494224, -98.28458126, 107.47997341], [-40.24859112, -98.28294069, 107.44590879], [-40.94775983, -98.28130011, 107.41184417], [-41.64692855, -98.27965954, 107.37777955], [-42.34609727, -98.27801897, 107.34371493], [-43.04526598, -98.2763784, 107.30965031], [-43.7444347, -98.27473783, 107.27558569], [-44.44360341, -98.27309726, 107.24152107], [-45.14277213, -98.27145669, 107.20745645], [-45.84194085, -98.26981611, 107.17339183], [-46.54110956, -98.26817554, 107.13932721], [-47.24027828, -98.26653497, 107.1052626], [-47.93944699, -98.2648944, 107.07119798], [-48.63861571, -98.26325383, 107.03713336], [-49.33778443, -98.26161326, 107.00306874], [-50.03695314, -98.25997269, 106.96900412], [-50.73612186, -98.25833211, 106.9349395], [-51.43529057, -98.25669154, 106.90087488], [-52.13445929, -98.25505097, 106.86681026], [-52.83362801, -98.2534104, 106.83274564], [-53.53279672, -98.25176983, 106.79868102], [-54.23196544, -98.25012926, 106.7646164], [-54.93113416, -98.24848868, 106.73055178], [-55.63030287, -98.24684811, 106.69648716], [-56.32947159, -98.24520754, 106.66242254], [-57.0286403, -98.24356697, 106.62835792], [-57.72780902, -98.2419264, 106.59429331], [-58.42697774, -98.24028583, 106.56022869], [-59.12614645, -98.23864526, 106.52616407], [-59.82531517, -98.23700468, 106.49209945], [-60.52448388, -98.23536411, 106.45803483], [-61.2236526, -98.23372354, 106.42397021], [-61.92282132, -98.23208297, 106.38990559], [-62.62199003, -98.2304424, 106.35584097], [-63.32115875, -98.22880183, 106.32177635], [-64.02032746, -98.22716125, 106.28771173], [-64.71949618, -98.22552068, 106.25364711], [-65.4186649, -98.22388011, 106.21958249], [-66.11783361, -98.22223954, 106.18551787], [-66.81700233, -98.22059897, 106.15145325], [-67.51617104, -98.2189584, 106.11738863], [-68.21533976, -98.21731783, 106.08332402], [-68.91450848, -98.21567725, 106.0492594], [-69.61367719, -98.21403668, 106.01519478], [-70.31284591, -98.21239611, 105.98113016], [-71.01201462, -98.21075554, 105.94706554], [-71.71118334, -98.20911497, 105.91300092], [-72.41035206, -98.2074744, 105.8789363], [-73.10952077, -98.20583382, 105.84487168], [-73.80868949, -98.20419325, 105.81080706], [-74.50785821, -98.20255268, 105.77674244], [-75.20702692, -98.20091211, 105.74267782], [-75.90619564, -98.19927154, 105.7086132], [-76.60536435, -98.19763097, 105.67454858], [-77.30453307, -98.1959904, 105.64048396], [-78.00370179, -98.19434982, 105.60641934], [-78.7028705, -98.19270925, 105.57235473], [-79.40203922, -98.19106868, 105.53829011], [-80.10120793, -98.18942811, 105.50422549], [-80.80037665, -98.18778754, 105.47016087], [-81.49954537, -98.18614697, 105.43609625], [-82.19871408, -98.1845064, 105.40203163], [-82.8978828, -98.18286582, 105.36796701], [-83.59705151, -98.18122525, 105.33390239], [-84.29622023, -98.17958468, 105.29983777], [-84.99538895, -98.17794411, 105.26577315], [-85.69455766, -98.17630354, 105.23170853], [-86.39372638, -98.17466297, 105.19764391], [-87.09289509, -98.17302239, 105.16357929], [-87.79206381, -98.17138182, 105.12951467], [-88.49123253, -98.16974125, 105.09545005], [-89.19040124, -98.16810068, 105.06138543], [-89.88956996, -98.16646011, 105.02732082], [-90.58873868, -98.16481954, 104.9932562], [-91.28790739, -98.16317897, 104.95919158], [-91.98707611, -98.16153839, 104.92512696], [-92.68624482, -98.15989782, 104.89106234], [-93.38541354, -98.15825725, 104.85699772], [-94.08458226, -98.15661668, 104.8229331], [-94.78375097, -98.15497611, 104.78886848], [-95.48291969, -98.15333554, 104.75480386], [-96.1820884, -98.15169496, 104.72073924]], "ImagePositionPatient": [[82.105934196593, -98.570040702285, 113.40721717266], [81.406765480513, -98.568400130766, 113.37315255332], [80.707596764433, -98.566759559246, 113.33908793399], [80.008428048352, -98.565118987727, 113.30502331465], [79.309259332272, -98.563478416208, 113.27095869531], [78.610090616192, -98.561837844688, 113.23689407597], [77.910921900112, -98.560197273169, 113.20282945664], [77.211753184032, -98.558556701649, 113.1687648373], [76.512584467952, -98.55691613013, 113.13470021796], [75.813415751871, -98.555275558611, 113.10063559862], [75.114247035791, -98.553634987091, 113.06657097929], [74.415078319711, -98.551994415572, 113.03250635995], [73.715909603631, -98.550353844052, 112.99844174061], [73.016740887551, -98.548713272533, 112.96437712127], [72.317572171471, -98.547072701014, 112.93031250194], [71.61840345539, -98.545432129494, 112.8962478826], [70.91923473931, -98.543791557975, 112.86218326326], [70.22006602323, -98.542150986456, 112.82811864392], [69.52089730715, -98.540510414936, 112.79405402459], [68.82172859107, -98.538869843417, 112.75998940525], [68.12255987499, -98.537229271897, 112.72592478591], [67.423391158909, -98.535588700378, 112.69186016657], [66.724222442829, -98.533948128859, 112.65779554724], [66.025053726749, -98.532307557339, 112.6237309279], [65.325885010669, -98.53066698582, 112.58966630856], [64.626716294589, -98.5290264143, 112.55560168923], [63.927547578509, -98.527385842781, 112.52153706989], [63.228378862429, -98.525745271262, 112.48747245055], [62.529210146348, -98.524104699742, 112.45340783121], [61.830041430268, -98.522464128223, 112.41934321188], [61.130872714188, -98.520823556703, 112.38527859254], [60.431703998108, -98.519182985184, 112.3512139732], [59.732535282028, -98.517542413665, 112.31714935386], [59.033366565948, -98.515901842145, 112.28308473453], [58.334197849867, -98.514261270626, 112.24902011519], [57.635029133787, -98.512620699106, 112.21495549585], [56.935860417707, -98.510980127587, 112.18089087651], [56.236691701627, -98.509339556068, 112.14682625718], [55.537522985547, -98.507698984548, 112.11276163784], [54.838354269467, -98.506058413029, 112.0786970185], [54.139185553386, -98.504417841509, 112.04463239916], [53.440016837306, -98.50277726999, 112.01056777983], [52.740848121226, -98.501136698471, 111.97650316049], [52.041679405146, -98.499496126951, 111.94243854115], [51.342510689066, -98.497855555432, 111.90837392181], [50.643341972986, -98.496214983912, 111.87430930248], [49.944173256905, -98.494574412393, 111.84024468314], [49.245004540825, -98.492933840874, 111.8061800638], [48.545835824745, -98.491293269354, 111.77211544446], [47.846667108665, -98.489652697835, 111.73805082513], [47.147498392585, -98.488012126315, 111.70398620579], [46.448329676505, -98.486371554796, 111.66992158645], [45.749160960424, -98.484730983277, 111.63585696711], [45.049992244344, -98.483090411757, 111.60179234778], [44.350823528264, -98.481449840238, 111.56772772844], [43.651654812184, -98.479809268718, 111.5336631091], [42.952486096104, -98.478168697199, 111.49959848977], [42.253317380024, -98.47652812568, 111.46553387043], [41.554148663943, -98.47488755416, 111.43146925109], [40.854979947863, -98.473246982641, 111.39740463175], [40.155811231783, -98.471606411121, 111.36334001242], [39.456642515703, -98.469965839602, 111.32927539308], [38.757473799623, -98.468325268083, 111.29521077374], [38.058305083543, -98.466684696563, 111.2611461544], [37.359136367462, -98.465044125044, 111.22708153507], [36.659967651382, -98.463403553524, 111.19301691573], [35.960798935302, -98.461762982005, 111.15895229639], [35.261630219222, -98.460122410486, 111.12488767705], [34.562461503142, -98.458481838966, 111.09082305772], [33.863292787062, -98.456841267447, 111.05675843838], [33.164124070981, -98.455200695927, 111.02269381904], [32.464955354901, -98.453560124408, 110.9886291997], [31.765786638821, -98.451919552889, 110.95456458037], [31.066617922741, -98.450278981369, 110.92049996103], [30.367449206661, -98.44863840985, 110.88643534169], [29.668280490581, -98.44699783833, 110.85237072235], [28.9691117745, -98.445357266811, 110.81830610302], [28.26994305842, -98.443716695292, 110.78424148368], [27.57077434234, -98.442076123772, 110.75017686434], [26.87160562626, -98.440435552253, 110.716112245], [26.17243691018, -98.438794980733, 110.68204762567], [25.4732681941, -98.437154409214, 110.64798300633], [24.774099478019, -98.435513837695, 110.61391838699], [24.074930761939, -98.433873266175, 110.57985376765], [23.375762045859, -98.432232694656, 110.54578914832], [22.676593329779, -98.430592123136, 110.51172452898], [21.977424613699, -98.428951551617, 110.47765990964], [21.278255897619, -98.427310980098, 110.44359529031], [20.579087181538, -98.425670408578, 110.40953067097], [19.879918465458, -98.424029837059, 110.37546605163], [19.180749749378, -98.422389265539, 110.34140143229], [18.481581033298, -98.42074869402, 110.30733681296], [17.782412317218, -98.419108122501, 110.27327219362], [17.083243601138, -98.417467550981, 110.23920757428], [16.384074885057, -98.415826979462, 110.20514295494], [15.684906168977, -98.414186407942, 110.17107833561], [14.985737452897, -98.412545836423, 110.13701371627], [14.286568736817, -98.410905264904, 110.10294909693], [13.587400020737, -98.409264693384, 110.06888447759], [12.888231304657, -98.407624121865, 110.03481985826], [12.189062588576, -98.405983550345, 110.00075523892], [11.489893872496, -98.404342978826, 109.96669061958], [10.790725156416, -98.402702407307, 109.93262600024], [10.091556440336, -98.401061835787, 109.89856138091], [9.3923877242558, -98.399421264268, 109.86449676157], [8.6932190081756, -98.397780692748, 109.83043214223], [7.9940502920955, -98.396140121229, 109.79636752289], [7.2948815760153, -98.39449954971, 109.76230290356], [6.5957128599351, -98.39285897819, 109.72823828422], [5.896544143855, -98.391218406671, 109.69417366488], [5.1973754277748, -98.389577835151, 109.66010904554], [4.4982067116947, -98.387937263632, 109.62604442621], [3.7990379956145, -98.386296692113, 109.59197980687], [3.0998692795343, -98.384656120593, 109.55791518753], [2.4007005634542, -98.383015549074, 109.52385056819], [1.701531847374, -98.381374977554, 109.48978594886], [1.0023631312938, -98.379734406035, 109.45572132952], [0.30319441521366, -98.378093834516, 109.42165671018], [-0.3959743008665, -98.376453262996, 109.38759209085], [-1.0951430169467, -98.374812691477, 109.35352747151], [-1.7943117330268, -98.373172119957, 109.31946285217], [-2.493480449107, -98.371531548438, 109.28539823283], [-3.1926491651872, -98.369890976919, 109.2513336135], [-3.8918178812673, -98.368250405399, 109.21726899416], [-4.5909865973475, -98.36660983388, 109.18320437482], [-5.2901553134277, -98.36496926236, 109.14913975548], [-5.9893240295078, -98.363328690841, 109.11507513615], [-6.688492745588, -98.361688119322, 109.08101051681], [-7.3876614616682, -98.360047547802, 109.04694589747], [-8.0868301777483, -98.358406976283, 109.01288127813], [-8.7859988938285, -98.356766404763, 108.9788166588], [-9.4851676099086, -98.355125833244, 108.94475203946], [-10.184336325989, -98.353485261725, 108.91068742012], [-10.883505042069, -98.351844690205, 108.87662280078], [-11.582673758149, -98.350204118686, 108.84255818145], [-12.281842474229, -98.348563547166, 108.80849356211], [-12.981011190309, -98.346922975647, 108.77442894277], [-13.68017990639, -98.345282404128, 108.74036432343], [-14.37934862247, -98.343641832608, 108.7062997041], [-15.07851733855, -98.342001261089, 108.67223508476], [-15.77768605463, -98.340360689569, 108.63817046542], [-16.47685477071, -98.33872011805, 108.60410584608], [-17.17602348679, -98.337079546531, 108.57004122675], [-17.875192202871, -98.335438975011, 108.53597660741], [-18.574360918951, -98.333798403492, 108.50191198807], [-19.273529635031, -98.332157831972, 108.46784736873], [-19.972698351111, -98.330517260453, 108.4337827494], [-20.671867067191, -98.328876688934, 108.39971813006], [-21.371035783271, -98.327236117414, 108.36565351072], [-22.070204499352, -98.325595545895, 108.33158889139], [-22.769373215432, -98.323954974375, 108.29752427205], [-23.468541931512, -98.322314402856, 108.26345965271], [-24.167710647592, -98.320673831337, 108.22939503337], [-24.866879363672, -98.319033259817, 108.19533041404], [-25.566048079752, -98.317392688298, 108.1612657947], [-26.265216795833, -98.315752116779, 108.12720117536], [-26.964385511913, -98.314111545259, 108.09313655602], [-27.663554227993, -98.31247097374, 108.05907193669], [-28.362722944073, -98.31083040222, 108.02500731735], [-29.061891660153, -98.309189830701, 107.99094269801], [-29.761060376233, -98.307549259182, 107.95687807867], [-30.460229092314, -98.305908687662, 107.92281345934], [-31.159397808394, -98.304268116143, 107.88874884], [-31.858566524474, -98.302627544623, 107.85468422066], [-32.557735240554, -98.300986973104, 107.82061960132], [-33.256903956634, -98.299346401585, 107.78655498199], [-33.956072672714, -98.297705830065, 107.75249036265], [-34.655241388795, -98.296065258546, 107.71842574331], [-35.354410104875, -98.294424687026, 107.68436112397], [-36.053578820955, -98.292784115507, 107.65029650464], [-36.752747537035, -98.291143543988, 107.6162318853], [-37.451916253115, -98.289502972468, 107.58216726596], [-38.151084969195, -98.287862400949, 107.54810264662], [-38.850253685276, -98.286221829429, 107.51403802729], [-39.549422401356, -98.28458125791, 107.47997340795], [-40.248591117436, -98.282940686391, 107.44590878861], [-40.947759833516, -98.281300114871, 107.41184416927], [-41.646928549596, -98.279659543352, 107.37777954994], [-42.346097265676, -98.278018971832, 107.3437149306], [-43.045265981757, -98.276378400313, 107.30965031126], [-43.744434697837, -98.274737828794, 107.27558569193], [-44.443603413917, -98.273097257274, 107.24152107259], [-45.142772129997, -98.271456685755, 107.20745645325], [-45.841940846077, -98.269816114235, 107.17339183391], [-46.541109562157, -98.268175542716, 107.13932721458], [-47.240278278238, -98.266534971197, 107.10526259524], [-47.939446994318, -98.264894399677, 107.0711979759], [-48.638615710398, -98.263253828158, 107.03713335656], [-49.337784426478, -98.261613256638, 107.00306873723], [-50.036953142558, -98.259972685119, 106.96900411789], [-50.736121858638, -98.2583321136, 106.93493949855], [-51.435290574719, -98.25669154208, 106.90087487921], [-52.134459290799, -98.255050970561, 106.86681025988], [-52.833628006879, -98.253410399041, 106.83274564054], [-53.532796722959, -98.251769827522, 106.7986810212], [-54.231965439039, -98.250129256003, 106.76461640186], [-54.931134155119, -98.248488684483, 106.73055178253], [-55.6303028712, -98.246848112964, 106.69648716319], [-56.32947158728, -98.245207541444, 106.66242254385], [-57.02864030336, -98.243566969925, 106.62835792451], [-57.72780901944, -98.241926398406, 106.59429330518], [-58.42697773552, -98.240285826886, 106.56022868584], [-59.1261464516, -98.238645255367, 106.5261640665], [-59.825315167681, -98.237004683847, 106.49209944716], [-60.524483883761, -98.235364112328, 106.45803482783], [-61.223652599841, -98.233723540809, 106.42397020849], [-61.922821315921, -98.232082969289, 106.38990558915], [-62.621990032001, -98.23044239777, 106.35584096981], [-63.321158748081, -98.22880182625, 106.32177635048], [-64.020327464161, -98.227161254731, 106.28771173114], [-64.719496180242, -98.225520683212, 106.2536471118], [-65.418664896322, -98.223880111692, 106.21958249247], [-66.117833612402, -98.222239540173, 106.18551787313], [-66.817002328482, -98.220598968653, 106.15145325379], [-67.516171044562, -98.218958397134, 106.11738863445], [-68.215339760642, -98.217317825615, 106.08332401512], [-68.914508476723, -98.215677254095, 106.04925939578], [-69.613677192803, -98.214036682576, 106.01519477644], [-70.312845908883, -98.212396111056, 105.9811301571], [-71.012014624963, -98.210755539537, 105.94706553777], [-71.711183341043, -98.209114968018, 105.91300091843], [-72.410352057123, -98.207474396498, 105.87893629909], [-73.109520773204, -98.205833824979, 105.84487167975], [-73.808689489284, -98.204193253459, 105.81080706042], [-74.507858205364, -98.20255268194, 105.77674244108], [-75.207026921444, -98.200912110421, 105.74267782174], [-75.906195637524, -98.199271538901, 105.7086132024], [-76.605364353604, -98.197630967382, 105.67454858307], [-77.304533069685, -98.195990395862, 105.64048396373], [-78.003701785765, -98.194349824343, 105.60641934439], [-78.702870501845, -98.192709252824, 105.57235472505], [-79.402039217925, -98.191068681304, 105.53829010572], [-80.101207934005, -98.189428109785, 105.50422548638], [-80.800376650085, -98.187787538265, 105.47016086704], [-81.499545366166, -98.186146966746, 105.4360962477], [-82.198714082246, -98.184506395227, 105.40203162837], [-82.897882798326, -98.182865823707, 105.36796700903], [-83.597051514406, -98.181225252188, 105.33390238969], [-84.296220230486, -98.179584680668, 105.29983777035], [-84.995388946566, -98.177944109149, 105.26577315102], [-85.694557662647, -98.17630353763, 105.23170853168], [-86.393726378727, -98.17466296611, 105.19764391234], [-87.092895094807, -98.173022394591, 105.16357929301], [-87.792063810887, -98.171381823071, 105.12951467367], [-88.491232526967, -98.169741251552, 105.09545005433], [-89.190401243047, -98.168100680033, 105.06138543499], [-89.889569959128, -98.166460108513, 105.02732081566], [-90.588738675208, -98.164819536994, 104.99325619632], [-91.287907391288, -98.163178965474, 104.95919157698], [-91.987076107368, -98.161538393955, 104.92512695764], [-92.686244823448, -98.159897822436, 104.89106233831], [-93.385413539528, -98.158257250916, 104.85699771897], [-94.084582255609, -98.156616679397, 104.82293309963], [-94.783750971689, -98.154976107877, 104.78886848029], [-95.482919687769, -98.153335536358, 104.75480386096], [-96.182088403849, -98.151694964839, 104.72073924162]], "InstanceCreationTime": ["081121.343000", "081121.343000", "081121.343000", "081121.343000", "081121.328000", "081121.328000", "081121.328000", "081121.328000", "081121.312000", "081121.312000", "081121.312000", "081121.312000", "081121.312000", "081121.312000", "081121.312000", "081121.312000", "081121.296000", "081121.296000", "081121.296000", "081121.296000", "081121.296000", "081121.296000", "081121.296000", "081121.296000", "081121.281000", "081121.281000", "081121.281000", "081121.281000", "081121.281000", "081121.281000", "081121.281000", "081121.281000", "081121.265000", "081121.265000", "081121.265000", "081121.265000", "081121.265000", "081121.265000", "081121.265000", "081121.250000", "081121.250000", "081121.250000", "081121.250000", "081121.250000", "081121.234000", "081121.234000", "081121.234000", "081121.234000", "081121.234000", "081121.234000", "081121.218000", "081121.218000", "081121.218000", "081121.218000", "081121.203000", "081121.203000", "081119.921000", "081119.921000", "081119.921000", "081119.921000", "081119.921000", "081119.906000", "081119.906000", "081119.906000", "081119.906000", "081119.890000", "081119.890000", "081119.890000", "081119.875000", "081119.875000", "081119.875000", "081119.875000", "081119.875000", "081119.859000", "081119.859000", "081119.843000", "081119.843000", "081119.843000", "081119.843000", "081119.828000", "081119.828000", "081119.828000", "081119.828000", "081119.828000", "081119.828000", "081119.828000", "081119.812000", "081119.812000", "081119.812000", "081119.812000", "081119.796000", "081119.796000", "081119.796000", "081119.796000", "081119.796000", "081119.796000", "081119.796000", "081119.796000", "081119.781000", "081119.781000", "081119.781000", "081119.781000", "081119.781000", "081119.781000", "081119.781000", "081119.765000", "081119.765000", "081119.765000", "081119.765000", "081119.765000", "081119.765000", "081119.765000", "081119.765000", "081119.750000", "081119.750000", "081119.750000", "081119.750000", "081119.750000", "081119.750000", "081119.750000", "081119.750000", "081119.750000", "081119.734000", "081119.734000", "081119.734000", "081119.734000", "081119.718000", "081119.718000", "081119.718000", "081119.718000", "081119.718000", "081119.718000", "081119.718000", "081119.718000", "081119.703000", "081119.703000", "081119.703000", "081119.703000", "081119.703000", "081119.703000", "081119.703000", "081119.687000", "081119.687000", "081119.687000", "081119.671000", "081119.671000", "081119.671000", "081119.671000", "081119.671000", "081119.671000", "081119.671000", "081119.671000", "081119.656000", "081119.656000", "081119.656000", "081119.656000", "081119.656000", "081119.656000", "081119.656000", "081119.656000", "081119.640000", "081119.640000", "081119.640000", "081119.640000", "081119.640000", "081119.640000", "081119.625000", "081119.625000", "081119.625000", "081119.625000", "081119.625000", "081119.625000", "081119.625000", "081119.625000", "081119.609000", "081119.609000", "081119.609000", "081119.609000", "081119.609000", "081119.609000", "081119.593000", "081119.593000", "081119.593000", "081119.593000", "081119.593000", "081119.593000", "081119.593000", "081119.578000", "081119.578000", "081119.562000", "081119.562000", "081119.562000", "081119.562000", "081119.562000", "081119.562000", "081119.562000", "081119.562000", "081119.546000", "081119.546000", "081119.546000", "081119.546000", "081119.546000", "081119.546000", "081119.546000", "081119.531000", "081119.515000", "081119.515000", "081119.515000", "081119.515000", "081119.500000", "081119.500000", "081119.484000", "081119.484000", "081119.484000", "081119.484000", "081119.484000", "081119.484000", "081119.484000", "081119.468000", "081119.468000", "081119.468000", "081119.468000", "081119.468000", "081119.468000", "081119.468000", "081119.468000", "081119.453000", "081119.453000", "081119.453000", "081119.453000", "081119.453000", "081119.453000", "081119.453000", "081119.453000", "081119.453000", "081119.437000", "081119.437000", "081119.437000", "081119.437000", "081119.437000", "081119.421000", "081119.421000", "081119.421000", "081119.421000", "081119.421000", "081119.421000", "081119.421000", "081119.421000", "081119.406000", "081119.406000", "081119.406000", "081119.406000", "081119.406000", "081119.406000", "081119.406000", "081119.390000"], "InstanceNumber": [256, 255, 254, 253, 252, 251, 250, 249, 248, 247, 246, 245, 244, 243, 242, 241, 240, 239, 238, 237, 236, 235, 234, 233, 232, 231, 230, 229, 228, 227, 226, 225, 224, 223, 222, 221, 220, 219, 218, 217, 216, 215, 214, 213, 212, 211, 210, 209, 208, 207, 206, 205, 204, 203, 202, 201, 200, 199, 198, 197, 196, 195, 194, 193, 192, 191, 190, 189, 188, 187, 186, 185, 184, 183, 182, 181, 180, 179, 178, 177, 176, 175, 174, 173, 172, 171, 170, 169, 168, 167, 166, 165, 164, 163, 162, 161, 160, 159, 158, 157, 156, 155, 154, 153, 152, 151, 150, 149, 148, 147, 146, 145, 144, 143, 142, 141, 140, 139, 138, 137, 136, 135, 134, 133, 132, 131, 130, 129, 128, 127, 126, 125, 124, 123, 122, 121, 120, 119, 118, 117, 116, 115, 114, 113, 112, 111, 110, 109, 108, 107, 106, 105, 104, 103, 102, 101, 100, 99, 98, 97, 96, 95, 94, 93, 92, 91, 90, 89, 88, 87, 86, 85, 84, 83, 82, 81, 80, 79, 78, 77, 76, 75, 74, 73, 72, 71, 70, 69, 68, 67, 66, 65, 64, 63, 62, 61, 60, 59, 58, 57, 56, 55, 54, 53, 52, 51, 50, 49, 48, 47, 46, 45, 44, 43, 42, 41, 40, 39, 38, 37, 36, 35, 34, 33, 32, 31, 30, 29, 28, 27, 26, 25, 24, 23, 22, 21, 20, 19, 18, 17, 16, 15, 14, 13, 12, 11, 10, 9, 8, 7, 6, 5, 4, 3, 2, 1], "LargestImagePixelValue": [58, 63, 69, 382, 550, 647, 770, 745, 812, 812, 749, 648, 569, 535, 622, 605, 642, 721, 786, 779, 751, 833, 1033, 820, 731, 797, 733, 742, 724, 793, 783, 744, 744, 833, 803, 824, 852, 914, 957, 962, 849, 823, 822, 853, 835, 832, 854, 853, 845, 863, 832, 868, 864, 856, 871, 916, 833, 847, 859, 882, 843, 854, 842, 867, 855, 845, 936, 931, 894, 939, 896, 927, 918, 934, 931, 906, 916, 899, 900, 853, 1017, 889, 966, 950, 933, 962, 947, 949, 939, 892, 910, 972, 961, 967, 903, 1035, 1041, 915, 932, 963, 992, 927, 971, 963, 960, 924, 1017, 983, 966, 984, 974, 947, 1000, 1019, 989, 977, 916, 915, 977, 946, 929, 1006, 1008, 967, 1070, 1021, 980, 995, 963, 996, 1017, 923, 957, 989, 960, 944, 976, 964, 972, 955, 949, 950, 1000, 961, 962, 927, 947, 933, 986, 916, 1054, 1027, 1083, 1038, 1023, 1064, 962, 920, 977, 988, 966, 928, 1012, 939, 965, 928, 933, 964, 1001, 1043, 1018, 947, 1048, 960, 946, 1034, 1075, 975, 959, 953, 1012, 914, 916, 914, 964, 1000, 1001, 1059, 997, 983, 981, 960, 953, 905, 904, 854, 920, 900, 915, 932, 957, 958, 911, 951, 903, 912, 938, 947, 883, 929, 938, 898, 987, 963, 1061, 874, 995, 1020, 1017, 952, 1013, 994, 864, 802, 914, 959, 839, 705, 657, 744, 751, 871, 729, 775, 658, 763, 747, 794, 699, 602, 562, 569, 551, 615, 558, 577, 636, 699, 736, 638, 714, 653, 489, 86, 66, 62], "SliceLocation": [87.758266464999, 87.05826647692, 86.358266488841, 85.658266500762, 84.958266512682, 84.258266524603, 83.558266536524, 82.858266548445, 82.158266560366, 81.458266572287, 80.758266584208, 80.058266596129, 79.35826660805, 78.658266619971, 77.958266631892, 77.258266643813, 76.558266655734, 75.858266667655, 75.158266679575, 74.458266691496, 73.758266703417, 73.058266715338, 72.358266727259, 71.65826673918, 70.958266751101, 70.258266763022, 69.558266774943, 68.858266786864, 68.158266798785, 67.458266810706, 66.758266822627, 66.058266834548, 65.358266846468, 64.658266858389, 63.95826687031, 63.258266882231, 62.558266894152, 61.858266906073, 61.158266917994, 60.458266929915, 59.758266941836, 59.058266953757, 58.358266965678, 57.658266977599, 56.95826698952, 56.258267001441, 55.558267013361, 54.858267025282, 54.158267037203, 53.458267049124, 52.758267061045, 52.058267072966, 51.358267084887, 50.658267096808, 49.958267108729, 49.25826712065, 48.558267132571, 47.858267144492, 47.158267156413, 46.458267168334, 45.758267180254, 45.058267192175, 44.358267204096, 43.658267216017, 42.958267227938, 42.258267239859, 41.55826725178, 40.858267263701, 40.158267275622, 39.458267287543, 38.758267299464, 38.058267311385, 37.358267323306, 36.658267335227, 35.958267347147, 35.258267359068, 34.558267370989, 33.85826738291, 33.158267394831, 32.458267406752, 31.758267418673, 31.058267430594, 30.358267442515, 29.658267454436, 28.958267466357, 28.258267478278, 27.558267490199, 26.85826750212, 26.15826751404, 25.458267525961, 24.758267537882, 24.058267549803, 23.358267561724, 22.658267573645, 21.958267585566, 21.258267597487, 20.558267609408, 19.858267621329, 19.15826763325, 18.458267645171, 17.758267657092, 17.058267669013, 16.358267680934, 15.658267692854, 14.958267704775, 14.258267716696, 13.558267728617, 12.858267740538, 12.158267752459, 11.45826776438, 10.758267776301, 10.058267788222, 9.3582678001428, 8.6582678120637, 7.9582678239847, 7.2582678359056, 6.5582678478265, 5.8582678597474, 5.1582678716684, 4.4582678835893, 3.7582678955102, 3.0582679074312, 2.3582679193521, 1.658267931273, 0.95826794319394, 0.25826795511487, -0.4417320329642, -1.1417320210433, -1.8417320091223, -2.5417319972014, -3.2417319852805, -3.9417319733596, -4.6417319614386, -5.3417319495177, -6.0417319375968, -6.7417319256758, -7.4417319137549, -8.141731901834, -8.8417318899131, -9.5417318779921, -10.241731866071, -10.94173185415, -11.641731842229, -12.341731830308, -13.041731818387, -13.741731806467, -14.441731794546, -15.141731782625, -15.841731770704, -16.541731758783, -17.241731746862, -17.941731734941, -18.64173172302, -19.341731711099, -20.041731699178, -20.741731687257, -21.441731675336, -22.141731663415, -22.841731651494, -23.541731639574, -24.241731627653, -24.941731615732, -25.641731603811, -26.34173159189, -27.041731579969, -27.741731568048, -28.441731556127, -29.141731544206, -29.841731532285, -30.541731520364, -31.241731508443, -31.941731496522, -32.641731484601, -33.341731472681, -34.04173146076, -34.741731448839, -35.441731436918, -36.141731424997, -36.841731413076, -37.541731401155, -38.241731389234, -38.941731377313, -39.641731365392, -40.341731353471, -41.04173134155, -41.741731329629, -42.441731317708, -43.141731305788, -43.841731293867, -44.541731281946, -45.241731270025, -45.941731258104, -46.641731246183, -47.341731234262, -48.041731222341, -48.74173121042, -49.441731198499, -50.141731186578, -50.841731174657, -51.541731162736, -52.241731150815, -52.941731138895, -53.641731126974, -54.341731115053, -55.041731103132, -55.741731091211, -56.44173107929, -57.141731067369, -57.841731055448, -58.541731043527, -59.241731031606, -59.941731019685, -60.641731007764, -61.341730995843, -62.041730983922, -62.741730972002, -63.441730960081, -64.14173094816, -64.841730936239, -65.541730924318, -66.241730912397, -66.941730900476, -67.641730888555, -68.341730876634, -69.041730864713, -69.741730852792, -70.441730840871, -71.14173082895, -71.841730817029, -72.541730805109, -73.241730793188, -73.941730781267, -74.641730769346, -75.341730757425, -76.041730745504, -76.741730733583, -77.441730721662, -78.141730709741, -78.84173069782, -79.541730685899, -80.241730673978, -80.941730662057, -81.641730650136, -82.341730638216, -83.041730626295, -83.741730614374, -84.441730602453, -85.141730590532, -85.841730578611, -86.54173056669, -87.241730554769, -87.941730542848, -88.641730530927, -89.341730519006, -90.041730507085, -90.741730495164], "WindowCenter": [31.0, 31.0, 31.0, 55.0, 68.0, 78.0, 220.0, 201.0, 221.0, 248.0, 236.0, 216.0, 170.0, 135.0, 190.0, 204.0, 235.0, 258.0, 274.0, 286.0, 297.0, 306.0, 303.0, 295.0, 295.0, 299.0, 294.0, 296.0, 293.0, 300.0, 300.0, 295.0, 296.0, 304.0, 311.0, 321.0, 331.0, 349.0, 359.0, 366.0, 367.0, 369.0, 373.0, 378.0, 378.0, 381.0, 382.0, 383.0, 386.0, 391.0, 394.0, 398.0, 401.0, 402.0, 407.0, 408.0, 408.0, 409.0, 410.0, 411.0, 414.0, 413.0, 414.0, 416.0, 418.0, 422.0, 425.0, 427.0, 428.0, 430.0, 432.0, 434.0, 436.0, 439.0, 440.0, 441.0, 440.0, 439.0, 438.0, 436.0, 438.0, 438.0, 439.0, 438.0, 438.0, 437.0, 438.0, 439.0, 441.0, 443.0, 444.0, 446.0, 447.0, 448.0, 446.0, 447.0, 446.0, 446.0, 447.0, 447.0, 446.0, 443.0, 441.0, 441.0, 441.0, 439.0, 439.0, 438.0, 440.0, 441.0, 444.0, 448.0, 451.0, 454.0, 457.0, 461.0, 464.0, 468.0, 473.0, 475.0, 475.0, 478.0, 481.0, 487.0, 489.0, 492.0, 479.0, 475.0, 487.0, 484.0, 479.0, 469.0, 467.0, 467.0, 465.0, 463.0, 463.0, 463.0, 462.0, 458.0, 455.0, 454.0, 452.0, 450.0, 448.0, 445.0, 443.0, 441.0, 440.0, 438.0, 438.0, 436.0, 435.0, 436.0, 437.0, 439.0, 439.0, 440.0, 440.0, 442.0, 442.0, 442.0, 443.0, 441.0, 441.0, 441.0, 442.0, 442.0, 442.0, 443.0, 445.0, 446.0, 447.0, 444.0, 445.0, 448.0, 449.0, 449.0, 450.0, 451.0, 452.0, 452.0, 451.0, 453.0, 449.0, 447.0, 448.0, 443.0, 441.0, 438.0, 436.0, 438.0, 433.0, 429.0, 425.0, 424.0, 422.0, 420.0, 421.0, 418.0, 416.0, 415.0, 413.0, 409.0, 408.0, 400.0, 393.0, 389.0, 387.0, 387.0, 385.0, 383.0, 386.0, 381.0, 377.0, 360.0, 346.0, 339.0, 330.0, 323.0, 319.0, 313.0, 308.0, 309.0, 313.0, 314.0, 309.0, 309.0, 309.0, 313.0, 314.0, 313.0, 307.0, 319.0, 305.0, 298.0, 289.0, 286.0, 265.0, 226.0, 188.0, 169.0, 191.0, 216.0, 164.0, 156.0, 161.0, 167.0, 120.0, 79.0, 109.0, 77.0, 63.0, 33.0, 33.0, 33.0], "WindowWidth": [82.0, 82.0, 83.0, 156.0, 203.0, 226.0, 441.0, 415.0, 446.0, 488.0, 477.0, 455.0, 394.0, 342.0, 422.0, 448.0, 498.0, 541.0, 578.0, 605.0, 627.0, 646.0, 644.0, 634.0, 639.0, 649.0, 645.0, 648.0, 644.0, 654.0, 655.0, 647.0, 650.0, 668.0, 684.0, 705.0, 724.0, 754.0, 771.0, 785.0, 790.0, 795.0, 802.0, 810.0, 811.0, 815.0, 817.0, 820.0, 828.0, 837.0, 843.0, 849.0, 853.0, 855.0, 863.0, 866.0, 867.0, 868.0, 870.0, 872.0, 876.0, 874.0, 875.0, 878.0, 881.0, 886.0, 890.0, 893.0, 896.0, 899.0, 903.0, 906.0, 908.0, 912.0, 913.0, 913.0, 910.0, 908.0, 906.0, 904.0, 909.0, 908.0, 908.0, 906.0, 908.0, 908.0, 910.0, 911.0, 915.0, 920.0, 922.0, 926.0, 929.0, 932.0, 930.0, 930.0, 929.0, 931.0, 933.0, 934.0, 933.0, 928.0, 925.0, 923.0, 923.0, 923.0, 922.0, 921.0, 924.0, 924.0, 929.0, 935.0, 939.0, 946.0, 952.0, 958.0, 964.0, 972.0, 979.0, 983.0, 986.0, 992.0, 1000.0, 1011.0, 1014.0, 1021.0, 992.0, 982.0, 1011.0, 1005.0, 995.0, 980.0, 974.0, 973.0, 971.0, 968.0, 965.0, 962.0, 958.0, 952.0, 946.0, 943.0, 941.0, 938.0, 933.0, 928.0, 924.0, 921.0, 917.0, 913.0, 912.0, 910.0, 909.0, 910.0, 911.0, 914.0, 915.0, 916.0, 916.0, 919.0, 920.0, 918.0, 919.0, 915.0, 914.0, 914.0, 915.0, 913.0, 914.0, 917.0, 920.0, 921.0, 922.0, 917.0, 918.0, 923.0, 926.0, 925.0, 928.0, 931.0, 931.0, 933.0, 932.0, 933.0, 929.0, 928.0, 927.0, 921.0, 919.0, 915.0, 911.0, 915.0, 906.0, 901.0, 895.0, 893.0, 891.0, 888.0, 889.0, 884.0, 883.0, 880.0, 876.0, 869.0, 867.0, 854.0, 843.0, 833.0, 829.0, 827.0, 824.0, 820.0, 824.0, 818.0, 811.0, 784.0, 756.0, 745.0, 726.0, 712.0, 701.0, 686.0, 678.0, 679.0, 685.0, 686.0, 677.0, 677.0, 677.0, 681.0, 681.0, 676.0, 665.0, 684.0, 658.0, 639.0, 616.0, 598.0, 558.0, 497.0, 433.0, 403.0, 436.0, 466.0, 391.0, 379.0, 383.0, 379.0, 306.0, 235.0, 284.0, 224.0, 186.0, 90.0, 89.0, 89.0]}}}