{"AcquisitionMatrixPE": 128, "AcquisitionNumber": 1, "AcquisitionTime": "07:38:28.652500", "BandwidthPerPixelPhaseEncode": 20.292, "BaseResolution": 128, "BodyPartExamined": "BRAIN", "ConsistencyInfo": "N4_VD11D_LATEST_20110129", "ConversionSoftware": "dcm2niix", "ConversionSoftwareVersion": "v1.0.20210317", "DerivedVendorReportedEchoSpacing": 0.000770008, "DeviceSerialNumber": "45239", "DiffusionScheme": "Monopolar", "DwellTime": 2.4e-06, "EchoTime": 0.092, "EchoTrainLength": 51, "EffectiveEchoSpacing": 0.000385004, "FlipAngle": 90, "ImageComments": "Unaliased MB3/PE3", "ImageOrientationPatientDICOM": [1, -2.05103e-10, 0, 2.05103e-10, 1, 0], "ImageType": ["ORIGINAL", "PRIMARY", "DIFFUSION", "NONE", "ND", "NORM", "MOSAIC"], "ImagingFrequency": 123.193, "InPlanePhaseEncodingDirectionDICOM": "ROW", "InstitutionAddress": "E 24th St. 100,Austin,Southmiddle,US,78712", "InstitutionName": "Univ of Texas at Austin", "InstitutionalDepartmentName": "IRC", "MRAcquisitionType": "2D", "MagneticFieldStrength": 3, "Manufacturer": "Siemens", "ManufacturersModelName": "Skyra", "Modality": "MR", "MultibandAccelerationFactor": 3, "ParallelReductionFactorInPlane": 2, "PartialFourier": 0.75, "PatientPosition": "HFS", "PercentPhaseFOV": 100, "PercentSampling": 100, "PhaseEncodingDirection": "i", "PhaseEncodingSteps": 102, "PhaseResolution": 1, "PixelBandwidth": 1630, "ProcedureStepDescription": "Poldrack2^self-scanning", "ProtocolName": "MBEPI with MDDW R-L", "PulseSequenceDetails": "%CustomerSeq%\\cmrr_mbep2d_diff", "ReceiveCoilActiveElements": "HEA;HEP", "ReceiveCoilName": "Head_32", "ReconMatrixPE": 128, "RefLinesPE": 76, "RepetitionTime": 5, "SAR": 0.1421, "ScanOptions": "PFP\\FS", "ScanningSequence": "EP", "SequenceName": "ep_b5#1", "SequenceVariant": "SK", "SeriesDescription": "MBEPI with MDDW R-L", "SeriesNumber": 14, "ShimSetting": [-2803, 8037, -15471, 125, -297, 98, 243, -100], "SliceThickness": 1.7, "SliceTiming": [0, 3.6525, 2.3075, 0.96, 4.615, 3.2675, 1.9225, 0.5775, 4.23, 2.885, 1.5375, 0.1925, 3.845, 2.5, 1.1525, 4.8075, 3.46, 2.115, 0.7675, 4.4225, 3.075, 1.73, 0.385, 4.0375, 2.6925, 1.345, 0, 3.6525, 2.3075, 0.96, 4.615, 3.2675, 1.9225, 0.5775, 4.23, 2.885, 1.5375, 0.1925, 3.845, 2.5, 1.1525, 4.8075, 3.46, 2.115, 0.7675, 4.4225, 3.075, 1.73, 0.385, 4.0375, 2.6925, 1.345, 0, 3.6525, 2.3075, 0.96, 4.615, 3.2675, 1.9225, 0.5775, 4.23, 2.885, 1.5375, 0.1925, 3.845, 2.5, 1.1525, 4.8075, 3.46, 2.115, 0.7675, 4.4225, 3.075, 1.73, 0.385, 4.0375, 2.6925, 1.345], "SoftwareVersions": "syngo MR D11", "SpacingBetweenSlices": 1.7, "StationName": "AWP45239", "TotalReadoutTime": 0.0488955, "TxRefAmp": 343.523, "WipMemBlock": "83b7def3-5a4c-457e-b98b-8fa22e77d720||Sequence: VD11D r154; May 23 2012 22:28:10 by eja", "dcmmeta_affine": [[-1.7421875, 3.573285833891049e-10, 0.0, 112.1053237915039], [3.573285833891049e-10, 1.7421875, 0.0, -120.65369415283203], [0.0, 0.0, 1.6999999284744263, -24.893098831176758], [0.0, 0.0, 0.0, 1.0]], "dcmmeta_reorient_transform": [[0.0, -1.0, 0.0, 127.0], [1.0, 0.0, 0.0, 0.0], [0.0, 0.0, 1.0, 0.0], [0.0, 0.0, 0.0, 1.0]], "dcmmeta_shape": [128, 128, 78, 64], "dcmmeta_slice_dim": 2, "dcmmeta_version": 0.6, "global": {"const": {"AcquisitionMatrix": [0, 128, 128, 0], "AngioFlag": "N", "BitsAllocated": 16, "BitsStored": 16, "BodyPartExamined": "BRAIN", "Columns": 1152, "EchoNumbers": 1, "EchoTime": 92.0, "EchoTrainLength": 51, "FlipAngle": 90.0, "HighBit": 15, "ImageOrientationPatient": [1.0, -2.051034e-10, 0.0, 2.051034e-10, 1.0, 0.0], "ImagePositionPatient": [-1004.1053270968, -992.604116234, -24.893098831177], "ImageType": ["ORIGINAL", "PRIMARY", "DIFFUSION", "NONE", "ND", "NORM", "MOSAIC"], "ImagedNucleus": "1H", "ImagingFrequency": 123.193334, "InPlanePhaseEncodingDirection": "ROW", "MRAcquisitionType": "2D", "MagneticFieldStrength": 3.0, "Manufacturer": "SIEMENS", "ManufacturerModelName": "Skyra", "Modality": "MR", "NumberOfAverages": 1.0, "NumberOfPhaseEncodingSteps": 102, "PercentPhaseFieldOfView": 100.0, "PercentSampling": 100.0, "PerformedProcedureStepStartTime": "070404.562000", "PhotometricInterpretation": "MONOCHROME2", "PixelBandwidth": 1630.0, "PixelRepresentation": 0, "PixelSpacing": [1.7421875, 1.7421875], "ProtocolName": "MBEPI with MDDW R-L", "RepetitionTime": 5000.0, "Rows": 1152, "SAR": 0.14209952661739, "SamplesPerPixel": 1, "ScanOptions": ["PFP", "FS"], "ScanningSequence": "EP", "SequenceVariant": "SK", "SeriesDescription": "MBEPI with MDDW R-L", "SeriesNumber": 14, "SeriesTime": "074003.281000", "SliceLocation": -24.893098831177, "SliceThickness": 1.7000000476837, "SmallestImagePixelValue": 0, "SoftwareVersions": "syngo MR D11", "SpacingBetweenSlices": 1.6999999455043, "SpecificCharacterSet": "ISO_IR 100", "StudyID": "2", "StudyTime": "070404.531000", "TransmitCoilName": "Body", "VariableFlipAngleFlag": "N", "WindowCenterWidthExplanation": "Algo1", "dBdt": 0.0}, "slices": {}}, "time": {"samples": {"AcquisitionNumber": [1, 2, 3, 4, 5, 6, 7, 8, 9, 10, 11, 12, 13, 14, 15, 16, 17, 18, 19, 20, 21, 22, 23, 24, 25, 26, 27, 28, 29, 30, 31, 32, 33, 34, 35, 36, 37, 38, 39, 40, 41, 42, 43, 44, 45, 46, 47, 48, 49, 50, 51, 52, 53, 54, 55, 56, 57, 58, 59, 60, 61, 62, 63, 64], "AcquisitionTime": ["073828.652500", "073958.652500", "074003.652500", "074008.652500", "074013.652500", "074018.652500", "074023.652500", "074028.652500", "074033.652500", "074038.652500", "074043.652500", "074048.652500", "074053.652500", "074058.652500", "074103.652500", "074108.652500", "074113.652500", "074118.652500", "074123.652500", "074128.652500", "074133.652500", "074138.652500", "074143.652500", "074148.652500", "074153.652500", "074158.652500", "074203.652500", "074208.652500", "074213.652500", "074218.652500", "074223.652500", "074228.652500", "074233.652500", "074238.652500", "074243.652500", "074248.652500", "074253.652500", "074258.652500", "074303.652500", "074308.652500", "074313.652500", "074318.652500", "074323.652500", "074328.652500", "074333.652500", "074338.652500", "074343.652500", "074348.652500", "074353.652500", "074358.652500", "074403.652500", "074408.652500", "074413.652500", "074418.652500", "074423.652500", "074428.652500", "074433.652500", "074438.652500", "074443.652500", "074448.652500", "074453.652500", "074458.652500", "074503.652500", "074508.652500"], "ContentTime": ["074003.281000", "074009.468000", "074009.468000", "074014.468000", "074019.468000", "074024.468000", "074029.468000", "074034.468000", "074039.468000", "074044.468000", "074049.468000", "074054.468000", "074059.468000", "074104.468000", "074109.468000", "074119.468000", "074119.468000", "074124.468000", "074129.468000", "074134.468000", "074139.468000", "074144.468000", "074149.468000", "074154.468000", "074159.468000", "074204.468000", "074209.468000", "074214.468000", "074219.468000", "074224.468000", "074229.468000", "074234.468000", "074239.468000", "074244.468000", "074249.468000", "074254.468000", "074259.468000", "074304.468000", "074309.468000", "074314.468000", "074319.468000", "074324.468000", "074329.468000", "074334.468000", "074339.468000", "074344.468000", "074349.468000", "074354.468000", "074359.468000", "074404.468000", "074409.468000", "074414.468000", "074419.468000", "074424.468000", "074429.468000", "074434.468000", "074439.468000", "074444.468000", "074449.468000", "074454.468000", "074459.468000", "074504.468000", "074509.468000", "074514.281000"], "InstanceCreationTime": ["074003.281000", "074009.468000", "074009.468000", "074014.468000", "074019.468000", "074024.468000", "074029.468000", "074034.468000", "074039.468000", "074044.468000", "074049.468000", "074054.468000", "074059.468000", "074104.468000", "074109.468000", "074119.468000", "074119.468000", "074124.468000", "074129.468000", "074134.468000", "074139.468000", "074144.468000", "074149.468000", "074154.468000", "074159.468000", "074204.468000", "074209.468000", "074214.468000", "074219.468000", "074224.468000", "074229.468000", "074234.468000", "074239.468000", "074244.468000", "074249.468000", "074254.468000", "074259.468000", "074304.468000", "074309.468000", "074314.468000", "074319.468000", "074324.468000", "074329.468000", "074334.468000", "074339.468000", "074344.468000", "074349.468000", "074354.468000", "074359.468000", "074404.468000", "074409.468000", "074414.468000", "074419.468000", "074424.468000", "074429.468000", "074434.468000", "074439.468000", "074444.468000", "074449.468000", "074454.468000", "074459.468000", "074504.468000", "074509.468000", "074514.281000"], "InstanceNumber": [1, 2, 3, 4, 5, 6, 7, 8, 9, 10, 11, 12, 13, 14, 15, 16, 17, 18, 19, 20, 21, 22, 23, 24, 25, 26, 27, 28, 29, 30, 31, 32, 33, 34, 35, 36, 37, 38, 39, 40, 41, 42, 43, 44, 45, 46, 47, 48, 49, 50, 51, 52, 53, 54, 55, 56, 57, 58, 59, 60, 61, 62, 63, 64], "LargestImagePixelValue": [65535, 19593, 20271, 22500, 19114, 18704, 21064, 18844, 20920, 20331, 19884, 18141, 21799, 20885, 21574, 21428, 65535, 20718, 20181, 20493, 21636, 22727, 20264, 21131, 19687, 18576, 19710, 22145, 22683, 22093, 21767, 23550, 65535, 10731, 10783, 12284, 9750, 10693, 11412, 10236, 11060, 10727, 10347, 10352, 11562, 11982, 12473, 12991, 65535, 11924, 9807, 12126, 11741, 12760, 13578, 10677, 10591, 9792, 11180, 12783, 12138, 12517, 11365, 13132], "SequenceName": ["ep_b5#1", "ep_b995#2", "ep_b995#3", "ep_b995#4", "ep_b995#5", "ep_b1000#6", "ep_b1000#7", "ep_b995#8", "ep_b995#9", "ep_b995#10", "ep_b1000#11", "ep_b1000#12", "ep_b1005#13", "ep_b1005#14", "ep_b1000#15", "ep_b1005#16", "ep_b5#17", "ep_b1005#18", "ep_b1000#19", "ep_b1005#20", "ep_b1005#21", "ep_b995#22", "ep_b1005#23", "ep_b1000#24", "ep_b1000#25", "ep_b1000#26", "ep_b995#27", "ep_b995#28", "ep_b995#29", "ep_b1000#30", "ep_b1005#31", "ep_b1000#32", "ep_b5#1", "ep_b1990#2", "ep_b1990#3", "ep_b1990#4", "ep_b1995#5", "ep_b1995#6", "ep_b2000#7", "ep_b1995#8", "ep_b1990#9", "ep_b1995#10", "ep_b2000#11", "ep_b2000#12", "ep_b2010#13", "ep_b2005#14", "ep_b2000#15", "ep_b2005#16", "ep_b5#17", "ep_b2005#18", "ep_b2005#19", "ep_b2005#20", "ep_b2010#21", "ep_b1990#22", "ep_b2010#23", "ep_b2000#24", "ep_b2000#25", "ep_b1995#26", "ep_b1995#27", "ep_b1995#28", "ep_b1995#29", "ep_b2000#30", "ep_b2005#31", "ep_b2000#32"], "WindowCenter": [8193.0, 3677.0, 3667.0, 3713.0, 3680.0, 3696.0, 3750.0, 3691.0, 3724.0, 3735.0, 3722.0, 3723.0, 3732.0, 3751.0, 3781.0, 3751.0, 8218.0, 3717.0, 3751.0, 3727.0, 3708.0, 3754.0, 3698.0, 3726.0, 3719.0, 3679.0, 3669.0, 3735.0, 3699.0, 3717.0, 3742.0, 3761.0, 8246.0, 2398.0, 2398.0, 2460.0, 2381.0, 2409.0, 2466.0, 2428.0, 2444.0, 2474.0, 2442.0, 2431.0, 2471.0, 2483.0, 2531.0, 2526.0, 8209.0, 2473.0, 2435.0, 2472.0, 2474.0, 2503.0, 2470.0, 2431.0, 2432.0, 2387.0, 2381.0, 2487.0, 2427.0, 2445.0, 2506.0, 2520.0], "WindowWidth": [17903.0, 8336.0, 8323.0, 8417.0, 8337.0, 8371.0, 8471.0, 8358.0, 8431.0, 8438.0, 8421.0, 8422.0, 8438.0, 8480.0, 8537.0, 8483.0, 17964.0, 8410.0, 8479.0, 8434.0, 8400.0, 8495.0, 8382.0, 8429.0, 8413.0, 8339.0, 8328.0, 8469.0, 8387.0, 8425.0, 8470.0, 8507.0, 18017.0, 5782.0, 5778.0, 5911.0, 5744.0, 5803.0, 5911.0, 5841.0, 5876.0, 5938.0, 5876.0, 5864.0, 5925.0, 5951.0, 6056.0, 6037.0, 17947.0, 5938.0, 5881.0, 5930.0, 5936.0, 5994.0, 5922.0, 5857.0, 5862.0, 5770.0, 5741.0, 5965.0, 5839.0, 5881.0, 6009.0, 6037.0]}, "slices": {}}}