{"AcquisitionMatrixPE": 128, "AcquisitionNumber": 1, "AcquisitionTime": "07:46:0.972500", "BandwidthPerPixelPhaseEncode": 20.292, "BaseResolution": 128, "BodyPartExamined": "BRAIN", "ConsistencyInfo": "N4_VD11D_LATEST_20110129", "ConversionSoftware": "dcm2niix", "ConversionSoftwareVersion": "v1.0.20210317", "DerivedVendorReportedEchoSpacing": 0.000770008, "DeviceSerialNumber": "45239", "DiffusionScheme": "Monopolar", "DwellTime": 2.4e-06, "EchoTime": 0.092, "EchoTrainLength": 51, "EffectiveEchoSpacing": 0.000385004, "FlipAngle": 90, "ImageComments": "Unaliased MB3/PE3", "ImageOrientationPatientDICOM": [1, 2.05103e-10, 0, -2.05103e-10, 1, 0], "ImageType": ["ORIGINAL", "PRIMARY", "DIFFUSION", "NONE", "ND", "NORM", "MOSAIC"], "ImagingFrequency": 123.193, "InPlanePhaseEncodingDirectionDICOM": "ROW", "InstitutionAddress": "E 24th St. 100,Austin,Southmiddle,US,78712", "InstitutionName": "Univ of Texas at Austin", "InstitutionalDepartmentName": "IRC", "MRAcquisitionType": "2D", "MagneticFieldStrength": 3, "Manufacturer": "Siemens", "ManufacturersModelName": "Skyra", "Modality": "MR", "MultibandAccelerationFactor": 3, "ParallelReductionFactorInPlane": 2, "PartialFourier": 0.75, "PatientPosition": "HFS", "PercentPhaseFOV": 100, "PercentSampling": 100, "PhaseEncodingDirection": "i-", "PhaseEncodingSteps": 102, "PhaseResolution": 1, "PixelBandwidth": 1630, "ProcedureStepDescription": "Poldrack2^self-scanning", "ProtocolName": "MBEPI with MDDW L-R", "PulseSequenceDetails": "%CustomerSeq%\\cmrr_mbep2d_diff", "ReceiveCoilActiveElements": "HEA;HEP", "ReceiveCoilName": "Head_32", "ReconMatrixPE": 128, "RefLinesPE": 76, "RepetitionTime": 5, "SAR": 0.1421, "ScanOptions": "PFP\\FS", "ScanningSequence": "EP", "SequenceName": "ep_b5#1", "SequenceVariant": "SK", "SeriesDescription": "MBEPI with MDDW L-R", "SeriesNumber": 17, "ShimSetting": [-2803, 8037, -15471, 125, -297, 98, 243, -100], "SliceThickness": 1.7, "SliceTiming": [0, 3.6525, 2.3075, 0.96, 4.615, 3.2675, 1.9225, 0.5775, 4.23, 2.8825, 1.5375, 0.1925, 3.845, 2.5, 1.1525, 4.8075, 3.46, 2.115, 0.7675, 4.4225, 3.075, 1.73, 0.385, 4.0375, 2.6925, 1.345, 0, 3.6525, 2.3075, 0.96, 4.615, 3.2675, 1.9225, 0.5775, 4.23, 2.8825, 1.5375, 0.1925, 3.845, 2.5, 1.1525, 4.8075, 3.46, 2.115, 0.7675, 4.4225, 3.075, 1.73, 0.385, 4.0375, 2.6925, 1.345, 0, 3.6525, 2.3075, 0.96, 4.615, 3.2675, 1.9225, 0.5775, 4.23, 2.8825, 1.5375, 0.1925, 3.845, 2.5, 1.1525, 4.8075, 3.46, 2.115, 0.7675, 4.4225, 3.075, 1.73, 0.385, 4.0375, 2.6925, 1.345], "SoftwareVersions": "syngo MR D11", "SpacingBetweenSlices": 1.7, "StationName": "AWP45239", "TotalReadoutTime": 0.0488955, "TxRefAmp": 343.523, "WipMemBlock": "fff6cadb-326a-4f7c-9f79-a2d4ef8c4ce5||Sequence: VD11D r154; May 23 2012 22:28:10 by eja", "dcmmeta_affine": [[-1.7421875, -3.573285833891049e-10, 0.0, 112.1053237915039], [-3.573285833891049e-10, 1.7421875, 0.0, -120.65369415283203], [0.0, 0.0, 1.6999999284744263, -24.893098831176758], [0.0, 0.0, 0.0, 1.0]], "dcmmeta_reorient_transform": [[0.0, -1.0, 0.0, 127.0], [1.0, 0.0, 0.0, 0.0], [0.0, 0.0, 1.0, 0.0], [0.0, 0.0, 0.0, 1.0]], "dcmmeta_shape": [128, 128, 78, 64], "dcmmeta_slice_dim": 2, "dcmmeta_version": 0.6, "global": {"const": {"AcquisitionMatrix": [0, 128, 128, 0], "AngioFlag": "N", "BitsAllocated": 16, "BitsStored": 16, "BodyPartExamined": "BRAIN", "Columns": 1152, "EchoNumbers": 1, "EchoTime": 92.0, "EchoTrainLength": 51, "FlipAngle": 90.0, "HighBit": 15, "ImageOrientationPatient": [1.0, 2.051034e-10, 0.0, -2.051034e-10, 1.0, 0.0], "ImagePositionPatient": [-1004.1053266851, -992.60411664564, -24.893098831177], "ImageType": ["ORIGINAL", "PRIMARY", "DIFFUSION", "NONE", "ND", "NORM", "MOSAIC"], "ImagedNucleus": "1H", "ImagingFrequency": 123.193345, "InPlanePhaseEncodingDirection": "ROW", "MRAcquisitionType": "2D", "MagneticFieldStrength": 3.0, "Manufacturer": "SIEMENS", "ManufacturerModelName": "Skyra", "Modality": "MR", "NumberOfAverages": 1.0, "NumberOfPhaseEncodingSteps": 102, "PercentPhaseFieldOfView": 100.0, "PercentSampling": 100.0, "PerformedProcedureStepStartTime": "070404.562000", "PhotometricInterpretation": "MONOCHROME2", "PixelBandwidth": 1630.0, "PixelRepresentation": 0, "PixelSpacing": [1.7421875, 1.7421875], "ProtocolName": "MBEPI with MDDW L-R", "RepetitionTime": 5000.0, "Rows": 1152, "SAR": 0.14209952661739, "SamplesPerPixel": 1, "ScanOptions": ["PFP", "FS"], "ScanningSequence": "EP", "SequenceVariant": "SK", "SeriesDescription": "MBEPI with MDDW L-R", "SeriesNumber": 17, "SeriesTime": "074735.437000", "SliceLocation": -24.893098831177, "SliceThickness": 1.7000000476837, "SmallestImagePixelValue": 0, "SoftwareVersions": "syngo MR D11", "SpacingBetweenSlices": 1.6999999455043, "SpecificCharacterSet": "ISO_IR 100", "StudyID": "2", "StudyTime": "070404.531000", "TransmitCoilName": "Body", "VariableFlipAngleFlag": "N", "WindowCenterWidthExplanation": "Algo1", "dBdt": 0.0}, "slices": {}}, "time": {"samples": {"AcquisitionNumber": [1, 2, 3, 4, 5, 6, 7, 8, 9, 10, 11, 12, 13, 14, 15, 16, 17, 18, 19, 20, 21, 22, 23, 24, 25, 26, 27, 28, 29, 30, 31, 32, 33, 34, 35, 36, 37, 38, 39, 40, 41, 42, 43, 44, 45, 46, 47, 48, 49, 50, 51, 52, 53, 54, 55, 56, 57, 58, 59, 60, 61, 62, 63, 64], "AcquisitionTime": ["074600.972500", "074730.972500", "074735.972500", "074740.972500", "074745.972500", "074750.972500", "074755.972500", "074800.972500", "074805.972500", "074810.972500", "074815.972500", "074820.972500", "074825.972500", "074830.972500", "074835.972500", "074840.972500", "074845.972500", "074850.972500", "074855.972500", "074900.972500", "074905.972500", "074910.972500", "074915.972500", "074920.972500", "074925.972500", "074930.972500", "074935.972500", "074940.972500", "074945.972500", "074950.972500", "074955.972500", "075000.972500", "075005.972500", "075010.972500", "075015.972500", "075020.972500", "075025.972500", "075030.972500", "075035.972500", "075040.972500", "075045.972500", "075050.972500", "075055.972500", "075100.972500", "075105.972500", "075110.972500", "075115.972500", "075120.972500", "075125.972500", "075130.972500", "075135.972500", "075140.972500", "075145.972500", "075150.972500", "075155.972500", "075200.972500", "075205.972500", "075210.972500", "075215.972500", "075220.972500", "075225.972500", "075230.972500", "075235.972500", "075240.972500"], "ContentTime": ["074735.437000", "074743.328000", "074743.328000", "074748.328000", "074753.328000", "074758.328000", "074803.328000", "074808.328000", "074813.328000", "074818.328000", "074823.328000", "074828.328000", "074833.328000", "074838.328000", "074843.328000", "074848.328000", "074853.328000", "074858.328000", "074903.328000", "074908.328000", "074913.328000", "074918.328000", "074923.328000", "074928.328000", "074933.328000", "074938.328000", "074943.328000", "074948.328000", "074953.328000", "074958.328000", "075003.328000", "075008.328000", "075013.328000", "075018.328000", "075023.328000", "075028.328000", "075033.328000", "075038.328000", "075043.328000", "075048.328000", "075053.328000", "075058.328000", "075103.328000", "075108.328000", "075113.328000", "075118.328000", "075123.328000", "075128.328000", "075133.328000", "075138.328000", "075143.328000", "075148.328000", "075153.328000", "075158.328000", "075203.328000", "075208.328000", "075213.328000", "075218.328000", "075223.328000", "075228.328000", "075233.328000", "075238.328000", "075243.328000", "075247.062000"], "InstanceCreationTime": ["074735.437000", "074743.328000", "074743.328000", "074748.328000", "074753.328000", "074758.328000", "074803.328000", "074808.328000", "074813.328000", "074818.328000", "074823.328000", "074828.328000", "074833.328000", "074838.328000", "074843.328000", "074848.328000", "074853.328000", "074858.328000", "074903.328000", "074908.328000", "074913.328000", "074918.328000", "074923.328000", "074928.328000", "074933.328000", "074938.328000", "074943.328000", "074948.328000", "074953.328000", "074958.328000", "075003.328000", "075008.328000", "075013.328000", "075018.328000", "075023.328000", "075028.328000", "075033.328000", "075038.328000", "075043.328000", "075048.328000", "075053.328000", "075058.328000", "075103.328000", "075108.328000", "075113.328000", "075118.328000", "075123.328000", "075128.328000", "075133.328000", "075138.328000", "075143.328000", "075148.328000", "075153.328000", "075158.328000", "075203.328000", "075208.328000", "075213.328000", "075218.328000", "075223.328000", "075228.328000", "075233.328000", "075238.328000", "075243.328000", "075247.062000"], "InstanceNumber": [1, 2, 3, 4, 5, 6, 7, 8, 9, 10, 11, 12, 13, 14, 15, 16, 17, 18, 19, 20, 21, 22, 23, 24, 25, 26, 27, 28, 29, 30, 31, 32, 33, 34, 35, 36, 37, 38, 39, 40, 41, 42, 43, 44, 45, 46, 47, 48, 49, 50, 51, 52, 53, 54, 55, 56, 57, 58, 59, 60, 61, 62, 63, 64], "LargestImagePixelValue": [65535, 26467, 29154, 30240, 26450, 24722, 27537, 26555, 30402, 25457, 27010, 24759, 27210, 28424, 30382, 30621, 65535, 27217, 25204, 26035, 28083, 28300, 31183, 26141, 25573, 26160, 27617, 30638, 28937, 27606, 29658, 26890, 65535, 15268, 14310, 17184, 13528, 11760, 14026, 14278, 16225, 14283, 12947, 13162, 15090, 14038, 17053, 16867, 65535, 13681, 10255, 16311, 16267, 14045, 16726, 12733, 11652, 12647, 13771, 15029, 15041, 15241, 17117, 16485], "SequenceName": ["ep_b5#1", "ep_b995#2", "ep_b995#3", "ep_b995#4", "ep_b995#5", "ep_b1000#6", "ep_b1000#7", "ep_b995#8", "ep_b995#9", "ep_b995#10", "ep_b1000#11", "ep_b1000#12", "ep_b1005#13", "ep_b1005#14", "ep_b1000#15", "ep_b1005#16", "ep_b5#17", "ep_b1005#18", "ep_b1000#19", "ep_b1005#20", "ep_b1005#21", "ep_b995#22", "ep_b1005#23", "ep_b1000#24", "ep_b1000#25", "ep_b1000#26", "ep_b995#27", "ep_b995#28", "ep_b995#29", "ep_b1000#30", "ep_b1005#31", "ep_b1000#32", "ep_b5#1", "ep_b1990#2", "ep_b1990#3", "ep_b1990#4", "ep_b1995#5", "ep_b1995#6", "ep_b2000#7", "ep_b1995#8", "ep_b1990#9", "ep_b1995#10", "ep_b2000#11", "ep_b2000#12", "ep_b2010#13", "ep_b2005#14", "ep_b2000#15", "ep_b2005#16", "ep_b5#17", "ep_b2005#18", "ep_b2005#19", "ep_b2005#20", "ep_b2010#21", "ep_b1990#22", "ep_b2010#23", "ep_b2000#24", "ep_b2000#25", "ep_b1995#26", "ep_b1995#27", "ep_b1995#28", "ep_b1995#29", "ep_b2000#30", "ep_b2005#31", "ep_b2000#32"], "WindowCenter": [8174.0, 3714.0, 3714.0, 3755.0, 3701.0, 3711.0, 3764.0, 3732.0, 3747.0, 3733.0, 3746.0, 3757.0, 3744.0, 3759.0, 3776.0, 3746.0, 8202.0, 3784.0, 3766.0, 3769.0, 3781.0, 3772.0, 3752.0, 3768.0, 3752.0, 3708.0, 3694.0, 3778.0, 3738.0, 3768.0, 3821.0, 3809.0, 8193.0, 2446.0, 2418.0, 2506.0, 2419.0, 2421.0, 2482.0, 2452.0, 2512.0, 2502.0, 2482.0, 2482.0, 2510.0, 2511.0, 2542.0, 2524.0, 8174.0, 2509.0, 2465.0, 2547.0, 2549.0, 2516.0, 2523.0, 2478.0, 2453.0, 2433.0, 2415.0, 2520.0, 2475.0, 2501.0, 2591.0, 2579.0], "WindowWidth": [17888.0, 8420.0, 8414.0, 8494.0, 8390.0, 8396.0, 8513.0, 8449.0, 8493.0, 8470.0, 8471.0, 8490.0, 8481.0, 8507.0, 8542.0, 8483.0, 17960.0, 8548.0, 8506.0, 8515.0, 8540.0, 8531.0, 8485.0, 8509.0, 8471.0, 8392.0, 8364.0, 8529.0, 8452.0, 8508.0, 8611.0, 8590.0, 17928.0, 5867.0, 5814.0, 5993.0, 5817.0, 5830.0, 5953.0, 5892.0, 6013.0, 6001.0, 5953.0, 5956.0, 6005.0, 6007.0, 6074.0, 6035.0, 17866.0, 6007.0, 5947.0, 6069.0, 6073.0, 6028.0, 6029.0, 5940.0, 5902.0, 5846.0, 5801.0, 6017.0, 5922.0, 5973.0, 6166.0, 6143.0]}, "slices": {}}}