{"AcquisitionMatrixPE": 96, "AcquisitionNumber": 1, "AcquisitionTime": "07:46:30.667500", "BandwidthPerPixelPhaseEncode": 33.602, "BaseResolution": 96, "BodyPartExamined": "BRAIN", "ConsistencyInfo": "N4_VD11D_LATEST_20110129", "ConversionSoftware": "dcm2niix", "ConversionSoftwareVersion": "v1.0.20210317", "DerivedVendorReportedEchoSpacing": 0.000620003, "DeviceSerialNumber": "45239", "DwellTime": 2.6e-06, "EchoTime": 0.03, "EchoTrainLength": 48, "EffectiveEchoSpacing": 0.000310001, "FlipAngle": 63, "ImageComments": "Unaliased MB4/PE3", "ImageOrientationPatientDICOM": [0.999698, 0.0107524, 0.0220754, 0.00245099, 0.85084, -0.525419], "ImageType": ["ORIGINAL", "PRIMARY", "M", "ND", "NORM", "MOSAIC"], "ImagingFrequency": 123.193, "InPlanePhaseEncodingDirectionDICOM": "COL", "InstitutionAddress": "E 24th St. 100,Austin,Southmiddle,US,78712", "InstitutionName": "Univ of Texas at Austin", "InstitutionalDepartmentName": "IRC", "MRAcquisitionType": "2D", "MagneticFieldStrength": 3, "Manufacturer": "Siemens", "ManufacturersModelName": "Skyra", "Modality": "MR", "MultibandAccelerationFactor": 4, "ParallelReductionFactorInPlane": 2, "PartialFourier": 1, "PatientPosition": "HFS", "PercentPhaseFOV": 100, "PercentSampling": 100, "PhaseEncodingDirection": "j-", "PhaseEncodingSteps": 96, "PhaseResolution": 1, "PixelBandwidth": 2005, "ProcedureStepDescription": "Poldrack2^self-scanning", "ProtocolName": "Resting State fMRI MBEPI_matrix96_BW2004", "PulseSequenceDetails": "%CustomerSeq%\\cmrr_mbep2d_bold", "ReceiveCoilActiveElements": "HEA;HEP", "ReceiveCoilName": "Head_32", "ReconMatrixPE": 96, "RefLinesPE": 94, "RepetitionTime": 1.16, "SAR": 0.0974016, "ScanOptions": "FS", "ScanningSequence": "EP", "SequenceName": "epfid2d1_96", "SequenceVariant": "SK", "SeriesDescription": "Resting State fMRI MBEPI_matrix96_BW2004", "SeriesNumber": 8, "ShimSetting": [-2769, 8060, -15398, 146, -163, 121, 249, -91], "SliceThickness": 2, "SliceTiming": [0, 0.4975, 0.9975, 0.355, 0.855, 0.2125, 0.7125, 0.07, 0.57, 1.0675, 0.4275, 0.925, 0.285, 0.7825, 0.1425, 0.64, 0, 0.4975, 0.9975, 0.355, 0.855, 0.2125, 0.7125, 0.07, 0.57, 1.0675, 0.4275, 0.925, 0.285, 0.7825, 0.1425, 0.64, 0, 0.4975, 0.9975, 0.355, 0.855, 0.2125, 0.7125, 0.07, 0.57, 1.0675, 0.4275, 0.925, 0.285, 0.7825, 0.1425, 0.64, 0, 0.4975, 0.9975, 0.355, 0.855, 0.2125, 0.7125, 0.07, 0.57, 1.0675, 0.4275, 0.925, 0.285, 0.7825, 0.1425, 0.64], "SoftwareVersions": "syngo MR D11", "SpacingBetweenSlices": 2.4, "StationName": "AWP45239", "TaskName": "Resting fmri", "TotalReadoutTime": 0.0294501, "TxRefAmp": 336.638, "WipMemBlock": "37ce2a95-5080-46ba-b805-4798b55011e3||Sequence: VD11D r206; Feb 13 2013 18:52:04 by eja", "dcmmeta_affine": [[-2.395110845565796, 0.005872162524610758, 0.058637283742427826, 115.68440246582031], [-0.02576104924082756, 2.03847074508667, -1.2607555389404297, -77.2530288696289], [0.05288906395435333, 1.2588165998458862, 2.041337251663208, -85.84980773925781], [0.0, 0.0, 0.0, 1.0]], "dcmmeta_reorient_transform": [[0.0, -1.0, 0.0, 95.0], [1.0, 0.0, 0.0, 0.0], [0.0, 0.0, 1.0, 0.0], [0.0, 0.0, 0.0, 1.0]], "dcmmeta_shape": [96, 96, 64, 518], "dcmmeta_slice_dim": 2, "dcmmeta_version": 0.6, "global": {"const": {"AcquisitionMatrix": [96, 0, 0, 96], "AngioFlag": "N", "BitsAllocated": 16, "BitsStored": 16, "BodyPartExamined": "BRAIN", "Columns": 768, "EchoNumbers": 1, "EchoTime": 30.0, "EchoTrainLength": 48, "FlipAngle": 63.0, "HighBit": 15, "ImageOrientationPatient": [0.99969848465497, 0.0107524381685, 0.02207543548792, 0.00245098971894, 0.85084003079271, -0.5254191038115], "ImagePositionPatient": [-922.97255754998, -809.9836162413, 438.92940618569], "ImageType": ["ORIGINAL", "PRIMARY", "M", "ND", "NORM", "MOSAIC"], "ImagedNucleus": "1H", "ImagingFrequency": 123.193159, "InPlanePhaseEncodingDirection": "COL", "MRAcquisitionType": "2D", "MagneticFieldStrength": 3.0, "Manufacturer": "SIEMENS", "ManufacturerModelName": "Skyra", "Modality": "MR", "NumberOfAverages": 1.0, "NumberOfPhaseEncodingSteps": 96, "PercentPhaseFieldOfView": 100.0, "PercentSampling": 100.0, "PerformedProcedureStepStartTime": "073121.984000", "PhotometricInterpretation": "MONOCHROME2", "PixelBandwidth": 2005.0, "PixelRepresentation": 0, "PixelSpacing": [2.3958332538605, 2.3958332538605], "ProtocolName": "Resting State fMRI MBEPI_matrix96_BW2004", "RepetitionTime": 1160.0, "Rows": 768, "SAR": 0.09740156896608, "SamplesPerPixel": 1, "ScanOptions": "FS", "ScanningSequence": "EP", "SequenceName": "epfid2d1_96", "SequenceVariant": "SK", "SeriesDescription": "Resting State fMRI MBEPI_matrix96_BW2004", "SeriesNumber": 8, "SeriesTime": "074709.453000", "SliceLocation": -29.611583043317, "SliceThickness": 2.0, "SmallestImagePixelValue": 0, "SoftwareVersions": "syngo MR D11", "SpacingBetweenSlices": 2.4000000697867, "SpecificCharacterSet": "ISO_IR 100", "StudyID": "1", "StudyTime": "073121.875000", "TransmitCoilName": "Body", "VariableFlipAngleFlag": "N", "WindowCenterWidthExplanation": "Algo1", "dBdt": 0.0}, "slices": {}}, "time": {"samples": {"AcquisitionNumber": [1, 2, 3, 4, 5, 6, 7, 8, 9, 10, 11, 12, 13, 14, 15, 16, 17, 18, 19, 20, 21, 22, 23, 24, 25, 26, 27, 28, 29, 30, 31, 32, 33, 34, 35, 36, 37, 38, 39, 40, 41, 42, 43, 44, 45, 46, 47, 48, 49, 50, 51, 52, 53, 54, 55, 56, 57, 58, 59, 60, 61, 62, 63, 64, 65, 66, 67, 68, 69, 70, 71, 72, 73, 74, 75, 76, 77, 78, 79, 80, 81, 82, 83, 84, 85, 86, 87, 88, 89, 90, 91, 92, 93, 94, 95, 96, 97, 98, 99, 100, 101, 102, 103, 104, 105, 106, 107, 108, 109, 110, 111, 112, 113, 114, 115, 116, 117, 118, 119, 120, 121, 122, 123, 124, 125, 126, 127, 128, 129, 130, 131, 132, 133, 134, 135, 136, 137, 138, 139, 140, 141, 142, 143, 144, 145, 146, 147, 148, 149, 150, 151, 152, 153, 154, 155, 156, 157, 158, 159, 160, 161, 162, 163, 164, 165, 166, 167, 168, 169, 170, 171, 172, 173, 174, 175, 176, 177, 178, 179, 180, 181, 182, 183, 184, 185, 186, 187, 188, 189, 190, 191, 192, 193, 194, 195, 196, 197, 198, 199, 200, 201, 202, 203, 204, 205, 206, 207, 208, 209, 210, 211, 212, 213, 214, 215, 216, 217, 218, 219, 220, 221, 222, 223, 224, 225, 226, 227, 228, 229, 230, 231, 232, 233, 234, 235, 236, 237, 238, 239, 240, 241, 242, 243, 244, 245, 246, 247, 248, 249, 250, 251, 252, 253, 254, 255, 256, 257, 258, 259, 260, 261, 262, 263, 264, 265, 266, 267, 268, 269, 270, 271, 272, 273, 274, 275, 276, 277, 278, 279, 280, 281, 282, 283, 284, 285, 286, 287, 288, 289, 290, 291, 292, 293, 294, 295, 296, 297, 298, 299, 300, 301, 302, 303, 304, 305, 306, 307, 308, 309, 310, 311, 312, 313, 314, 315, 316, 317, 318, 319, 320, 321, 322, 323, 324, 325, 326, 327, 328, 329, 330, 331, 332, 333, 334, 335, 336, 337, 338, 339, 340, 341, 342, 343, 344, 345, 346, 347, 348, 349, 350, 351, 352, 353, 354, 355, 356, 357, 358, 359, 360, 361, 362, 363, 364, 365, 366, 367, 368, 369, 370, 371, 372, 373, 374, 375, 376, 377, 378, 379, 380, 381, 382, 383, 384, 385, 386, 387, 388, 389, 390, 391, 392, 393, 394, 395, 396, 397, 398, 399, 400, 401, 402, 403, 404, 405, 406, 407, 408, 409, 410, 411, 412, 413, 414, 415, 416, 417, 418, 419, 420, 421, 422, 423, 424, 425, 426, 427, 428, 429, 430, 431, 432, 433, 434, 435, 436, 437, 438, 439, 440, 441, 442, 443, 444, 445, 446, 447, 448, 449, 450, 451, 452, 453, 454, 455, 456, 457, 458, 459, 460, 461, 462, 463, 464, 465, 466, 467, 468, 469, 470, 471, 472, 473, 474, 475, 476, 477, 478, 479, 480, 481, 482, 483, 484, 485, 486, 487, 488, 489, 490, 491, 492, 493, 494, 495, 496, 497, 498, 499, 500, 501, 502, 503, 504, 505, 506, 507, 508, 509, 510, 511, 512, 513, 514, 515, 516, 517, 518], "AcquisitionTime": ["074630.667500", "074659.667500", "074700.827500", "074701.987500", "074703.147500", "074704.307500", "074705.467500", "074706.627500", "074707.787500", "074708.947500", "074710.107500", "074711.267500", "074712.427500", "074713.587500", "074714.747500", "074715.907500", "074717.067500", "074718.227500", "074719.387500", "074720.547500", "074721.707500", "074722.867500", "074724.027500", "074725.187500", "074726.347500", "074727.507500", "074728.667500", "074729.827500", "074730.987500", "074732.147500", "074733.307500", "074734.467500", "074735.627500", "074736.787500", "074737.947500", "074739.107500", "074740.267500", "074741.427500", "074742.587500", "074743.747500", "074744.907500", "074746.067500", "074747.227500", "074748.387500", "074749.547500", "074750.707500", "074751.867500", "074753.027500", "074754.187500", "074755.347500", "074756.507500", "074757.667500", "074758.827500", "074759.987500", "074801.147500", "074802.307500", "074803.467500", "074804.627500", "074805.787500", "074806.947500", "074808.107500", "074809.267500", "074810.427500", "074811.587500", "074812.747500", "074813.907500", "074815.067500", "074816.227500", "074817.387500", "074818.547500", "074819.707500", "074820.867500", "074822.027500", "074823.187500", "074824.347500", "074825.507500", "074826.667500", "074827.827500", "074828.987500", "074830.147500", "074831.307500", "074832.467500", "074833.627500", "074834.787500", "074835.947500", "074837.107500", "074838.267500", "074839.427500", "074840.587500", "074841.747500", "074842.907500", "074844.067500", "074845.227500", "074846.387500", "074847.547500", "074848.707500", "074849.867500", "074851.027500", "074852.187500", "074853.347500", "074854.507500", "074855.667500", "074856.827500", "074857.987500", "074859.147500", "074900.307500", "074901.467500", "074902.627500", "074903.787500", "074904.947500", "074906.107500", "074907.267500", "074908.427500", "074909.587500", "074910.747500", "074911.907500", "074913.067500", "074914.227500", "074915.387500", "074916.547500", "074917.707500", "074918.867500", "074920.027500", "074921.187500", "074922.347500", "074923.507500", "074924.667500", "074925.827500", "074926.987500", "074928.147500", "074929.307500", "074930.467500", "074931.627500", "074932.790000", "074933.950000", "074935.110000", "074936.270000", "074937.430000", "074938.590000", "074939.750000", "074940.910000", "074942.070000", "074943.230000", "074944.390000", "074945.550000", "074946.710000", "074947.870000", "074949.030000", "074950.190000", "074951.350000", "074952.510000", "074953.670000", "074954.830000", "074955.990000", "074957.150000", "074958.310000", "074959.470000", "075000.630000", "075001.790000", "075002.950000", "075004.110000", "075005.270000", "075006.430000", "075007.590000", "075008.750000", "075009.910000", "075011.070000", "075012.230000", "075013.390000", "075014.550000", "075015.710000", "075016.870000", "075018.030000", "075019.190000", "075020.350000", "075021.510000", "075022.670000", "075023.830000", "075024.990000", "075026.150000", "075027.310000", "075028.470000", "075029.630000", "075030.790000", "075031.950000", "075033.110000", "075034.270000", "075035.430000", "075036.590000", "075037.750000", "075038.910000", "075040.070000", "075041.230000", "075042.390000", "075043.550000", "075044.710000", "075045.870000", "075047.030000", "075048.190000", "075049.350000", "075050.510000", "075051.670000", "075052.830000", "075053.990000", "075055.150000", "075056.310000", "075057.470000", "075058.630000", "075059.790000", "075100.950000", "075102.110000", "075103.270000", "075104.430000", "075105.590000", "075106.750000", "075107.910000", "075109.070000", "075110.230000", "075111.390000", "075112.550000", "075113.710000", "075114.870000", "075116.030000", "075117.190000", "075118.350000", "075119.510000", "075120.670000", "075121.830000", "075122.990000", "075124.150000", "075125.310000", "075126.470000", "075127.630000", "075128.790000", "075129.950000", "075131.110000", "075132.270000", "075133.430000", "075134.590000", "075135.750000", "075136.910000", "075138.070000", "075139.230000", "075140.390000", "075141.550000", "075142.710000", "075143.870000", "075145.030000", "075146.190000", "075147.350000", "075148.510000", "075149.670000", "075150.830000", "075151.990000", "075153.150000", "075154.310000", "075155.470000", "075156.630000", "075157.790000", "075158.950000", "075200.110000", "075201.270000", "075202.430000", "075203.590000", "075204.750000", "075205.910000", "075207.070000", "075208.230000", "075209.390000", "075210.550000", "075211.710000", "075212.870000", "075214.030000", "075215.190000", "075216.350000", "075217.510000", "075218.670000", "075219.830000", "075220.990000", "075222.150000", "075223.310000", "075224.470000", "075225.630000", "075226.790000", "075227.950000", "075229.110000", "075230.270000", "075231.430000", "075232.590000", "075233.750000", "075234.910000", "075236.070000", "075237.230000", "075238.390000", "075239.550000", "075240.710000", "075241.870000", "075243.030000", "075244.190000", "075245.350000", "075246.510000", "075247.670000", "075248.830000", "075249.990000", "075251.150000", "075252.310000", "075253.470000", "075254.630000", "075255.790000", "075256.950000", "075258.110000", "075259.270000", "075300.430000", "075301.590000", "075302.750000", "075303.910000", "075305.070000", "075306.230000", "075307.390000", "075308.550000", "075309.710000", "075310.870000", "075312.030000", "075313.190000", "075314.350000", "075315.510000", "075316.670000", "075317.830000", "075318.990000", "075320.150000", "075321.310000", "075322.470000", "075323.630000", "075324.790000", "075325.950000", "075327.110000", "075328.270000", "075329.430000", "075330.590000", "075331.750000", "075332.910000", "075334.070000", "075335.230000", "075336.390000", "075337.550000", "075338.710000", "075339.870000", "075341.030000", "075342.190000", "075343.350000", "075344.510000", "075345.670000", "075346.830000", "075347.990000", "075349.150000", "075350.310000", "075351.470000", "075352.630000", "075353.790000", "075354.950000", "075356.110000", "075357.270000", "075358.430000", "075359.590000", "075400.750000", "075401.910000", "075403.070000", "075404.230000", "075405.390000", "075406.550000", "075407.710000", "075408.870000", "075410.030000", "075411.190000", "075412.350000", "075413.510000", "075414.670000", "075415.830000", "075416.990000", "075418.150000", "075419.310000", "075420.470000", "075421.630000", "075422.792500", "075423.952500", "075425.112500", "075426.272500", "075427.432500", "075428.592500", "075429.752500", "075430.912500", "075432.072500", "075433.232500", "075434.392500", "075435.552500", "075436.712500", "075437.872500", "075439.032500", "075440.192500", "075441.352500", "075442.512500", "075443.672500", "075444.832500", "075445.992500", "075447.152500", "075448.312500", "075449.472500", "075450.632500", "075451.792500", "075452.952500", "075454.112500", "075455.272500", "075456.432500", "075457.592500", "075458.752500", "075459.912500", "075501.072500", "075502.232500", "075503.392500", "075504.552500", "075505.712500", "075506.872500", "075508.032500", "075509.192500", "075510.352500", "075511.512500", "075512.672500", "075513.832500", "075514.992500", "075516.152500", "075517.312500", "075518.472500", "075519.632500", "075520.792500", "075521.952500", "075523.112500", "075524.272500", "075525.432500", "075526.592500", "075527.752500", "075528.912500", "075530.072500", "075531.232500", "075532.392500", "075533.552500", "075534.712500", "075535.872500", "075537.032500", "075538.192500", "075539.352500", "075540.512500", "075541.672500", "075542.832500", "075543.992500", "075545.152500", "075546.312500", "075547.472500", "075548.632500", "075549.792500", "075550.952500", "075552.112500", "075553.272500", "075554.432500", "075555.592500", "075556.752500", "075557.912500", "075559.072500", "075600.232500", "075601.392500", "075602.552500", "075603.712500", "075604.872500", "075606.032500", "075607.192500", "075608.352500", "075609.512500", "075610.672500", "075611.832500", "075612.992500", "075614.152500", "075615.312500", "075616.472500", "075617.632500", "075618.792500", "075619.952500", "075621.112500", "075622.272500", "075623.432500", "075624.592500", "075625.752500", "075626.912500", "075628.072500", "075629.232500", "075630.392500", "075631.552500", "075632.712500", "075633.872500", "075635.032500", "075636.192500", "075637.352500", "075638.512500", "075639.672500", "075640.832500", "075641.992500", "075643.152500", "075644.312500", "075645.472500", "075646.632500", "075647.792500", "075648.952500", "075650.112500", "075651.272500", "075652.432500", "075653.592500", "075654.752500", "075655.912500", "075657.072500", "075658.232500"], "ContentTime": ["074709.453000", "074713.984000", "074713.984000", "074713.984000", "074718.984000", "074718.984000", "074718.984000", "074718.984000", "074723.984000", "074723.984000", "074724.000000", "074724.000000", "074728.984000", "074728.984000", "074728.984000", "074733.984000", "074733.984000", "074733.984000", "074733.984000", "074738.984000", "074738.984000", "074738.984000", "074743.984000", "074743.984000", "074743.984000", "074744.000000", "074748.984000", "074748.984000", "074748.984000", "074748.984000", "074753.984000", "074753.984000", "074753.984000", "074758.984000", "074758.984000", "074759.000000", "074803.984000", "074803.984000", "074803.984000", "074803.984000", "074808.984000", "074808.984000", "074808.984000", "074809.000000", "074813.984000", "074813.984000", "074813.984000", "074813.984000", "074818.984000", "074818.984000", "074818.984000", "074823.984000", "074823.984000", "074823.984000", "074828.984000", "074828.984000", "074829.000000", "074829.000000", "074833.984000", "074833.984000", "074833.984000", "074833.984000", "074838.984000", "074838.984000", "074838.984000", "074843.984000", "074843.984000", "074843.984000", "074844.000000", "074848.984000", "074849.000000", "074849.000000", "074853.984000", "074853.984000", "074854.000000", "074854.000000", "074858.984000", "074858.984000", "074858.984000", "074903.984000", "074904.000000", "074904.000000", "074904.000000", "074908.984000", "074909.000000", "074909.000000", "074913.984000", "074913.984000", "074913.984000", "074913.984000", "074918.984000", "074918.984000", "074918.984000", "074918.984000", "074923.984000", "074923.984000", "074923.984000", "074923.984000", "074928.984000", "074928.984000", "074929.000000", "074933.984000", "074933.984000", "074933.984000", "074934.000000", "074938.984000", "074938.984000", "074938.984000", "074939.000000", "074943.984000", "074943.984000", "074943.984000", "074944.000000", "074948.984000", "074949.000000", "074949.000000", "074953.984000", "074953.984000", "074954.000000", "074954.000000", "074958.984000", "074958.984000", "074959.000000", "074959.000000", "075003.984000", "075003.984000", "075004.000000", "075004.000000", "075008.984000", "075009.000000", "075009.000000", "075009.000000", "075013.984000", "075013.984000", "075013.984000", "075018.984000", "075018.984000", "075018.984000", "075018.984000", "075023.984000", "075023.984000", "075024.000000", "075024.000000", "075028.984000", "075028.984000", "075028.984000", "075028.984000", "075033.984000", "075033.984000", "075033.984000", "075033.984000", "075038.984000", "075038.984000", "075038.984000", "075039.000000", "075043.984000", "075043.984000", "075044.000000", "075048.984000", "075048.984000", "075048.984000", "075049.000000", "075053.984000", "075053.984000", "075053.984000", "075054.000000", "075058.984000", "075058.984000", "075058.984000", "075058.984000", "075103.984000", "075104.000000", "075104.015000", "075108.984000", "075108.984000", "075109.000000", "075109.000000", "075113.984000", "075113.984000", "075113.984000", "075113.984000", "075118.984000", "075118.984000", "075118.984000", "075119.000000", "075123.984000", "075123.984000", "075123.984000", "075128.984000", "075129.000000", "075129.000000", "075129.000000", "075133.984000", "075133.984000", "075133.984000", "075133.984000", "075138.984000", "075138.984000", "075138.984000", "075138.984000", "075143.984000", "075143.984000", "075143.984000", "075148.984000", "075148.984000", "075148.984000", "075148.984000", "075153.984000", "075153.984000", "075153.984000", "075154.000000", "075158.984000", "075158.984000", "075158.984000", "075203.984000", "075204.000000", "075204.000000", "075204.000000", "075213.984000", "075213.984000", "075214.000000", "075214.000000", "075214.000000", "075214.015000", "075214.015000", "075218.984000", "075218.984000", "075218.984000", "075218.984000", "075223.984000", "075223.984000", "075224.000000", "075224.000000", "075228.984000", "075228.984000", "075228.984000", "075233.984000", "075234.000000", "075234.000000", "075234.000000", "075238.984000", "075239.000000", "075239.000000", "075239.000000", "075243.984000", "075244.000000", "075244.000000", "075244.000000", "075248.984000", "075248.984000", "075248.984000", "075253.984000", "075253.984000", "075253.984000", "075253.984000", "075258.984000", "075258.984000", "075258.984000", "075258.984000", "075303.984000", "075303.984000", "075303.984000", "075303.984000", "075308.984000", "075308.984000", "075308.984000", "075309.000000", "075313.984000", "075314.000000", "075314.000000", "075318.984000", "075318.984000", "075319.000000", "075319.000000", "075323.984000", "075323.984000", "075324.000000", "075324.000000", "075328.984000", "075328.984000", "075329.000000", "075333.984000", "075334.000000", "075334.000000", "075334.000000", "075338.984000", "075339.000000", "075339.000000", "075343.984000", "075343.984000", "075343.984000", "075344.031000", "075348.984000", "075348.984000", "075348.984000", "075348.984000", "075353.984000", "075353.984000", "075353.984000", "075353.984000", "075358.984000", "075358.984000", "075358.984000", "075359.000000", "075403.984000", "075403.984000", "075404.000000", "075408.984000", "075408.984000", "075408.984000", "075409.000000", "075413.984000", "075413.984000", "075413.984000", "075414.031000", "075418.984000", "075419.000000", "075419.000000", "075419.000000", "075423.984000", "075423.984000", "075423.984000", "075424.000000", "075428.984000", "075428.984000", "075428.984000", "075429.000000", "075433.984000", "075433.984000", "075433.984000", "075433.984000", "075438.984000", "075438.984000", "075438.984000", "075438.984000", "075443.984000", "075444.000000", "075444.000000", "075448.984000", "075448.984000", "075449.000000", "075449.000000", "075453.984000", "075453.984000", "075454.000000", "075454.000000", "075458.984000", "075458.984000", "075459.015000", "075459.031000", "075503.984000", "075504.000000", "075504.000000", "075504.000000", "075508.984000", "075508.984000", "075508.984000", "075509.000000", "075513.984000", "075513.984000", "075513.984000", "075518.984000", "075519.000000", "075519.000000", "075519.000000", "075523.984000", "075523.984000", "075523.984000", "075524.000000", "075528.984000", "075528.984000", "075528.984000", "075528.984000", "075533.984000", "075533.984000", "075533.984000", "075533.984000", "075538.984000", "075539.000000", "075539.000000", "075543.984000", "075543.984000", "075543.984000", "075543.984000", "075548.984000", "075548.984000", "075548.984000", "075553.984000", "075554.000000", "075554.000000", "075554.000000", "075558.984000", "075559.000000", "075559.000000", "075559.000000", "075603.984000", "075603.984000", "075603.984000", "075608.984000", "075608.984000", "075608.984000", "075608.984000", "075613.984000", "075613.984000", "075613.984000", "075613.984000", "075618.984000", "075618.984000", "075618.984000", "075618.984000", "075623.984000", "075623.984000", "075623.984000", "075623.984000", "075628.984000", "075628.984000", "075629.000000", "075633.984000", "075633.984000", "075634.000000", "075634.000000", "075638.984000", "075638.984000", "075638.984000", "075638.984000", "075643.984000", "075643.984000", "075643.984000", "075643.984000", "075648.984000", "075648.984000", "075648.984000", "075653.984000", "075653.984000", "075654.000000", "075654.000000", "075658.984000", "075658.984000", "075658.984000", "075658.984000", "075703.984000", "075703.984000", "075703.984000", "075703.984000", "075708.984000", "075709.015000", "075709.015000", "075709.015000", "075713.984000", "075713.984000", "075714.000000", "075714.000000", "075714.000000", "075718.984000", "075718.984000", "075719.000000", "075719.000000", "075723.984000", "075723.984000", "075724.000000", "075724.000000", "075728.984000", "075728.984000", "075729.000000", "075729.000000", "075733.984000", "075733.984000", "075734.000000", "075734.000000", "075738.984000", "075739.000000", "075739.000000", "075739.000000", "075743.984000", "075743.984000", "075743.984000", "075743.984000", "075748.984000", "075748.984000", "075748.984000", "075748.984000", "075753.984000", "075753.984000", "075753.984000", "075754.015000", "075758.984000", "075758.984000", "075759.000000", "075759.000000", "075803.984000", "075803.984000", "075804.015000", "075804.031000", "075808.984000", "075808.984000", "075808.984000", "075808.984000", "075809.000000", "075813.984000", "075813.984000", "075813.984000", "075814.000000", "075818.984000", "075818.984000", "075818.984000", "075819.000000", "075823.984000", "075823.984000", "075823.984000", "075823.984000", "075828.984000", "075828.984000", "075828.984000", "075829.000000", "075833.078000", "075833.078000", "075833.078000", "075833.078000"], "InstanceCreationTime": ["074709.453000", "074713.984000", "074713.984000", "074713.984000", "074718.984000", "074718.984000", "074718.984000", "074718.984000", "074723.984000", "074723.984000", "074724.000000", "074724.000000", "074728.984000", "074728.984000", "074728.984000", "074733.984000", "074733.984000", "074733.984000", "074733.984000", "074738.984000", "074738.984000", "074738.984000", "074743.984000", "074743.984000", "074743.984000", "074744.000000", "074748.984000", "074748.984000", "074748.984000", "074748.984000", "074753.984000", "074753.984000", "074753.984000", "074758.984000", "074758.984000", "074759.000000", "074803.984000", "074803.984000", "074803.984000", "074803.984000", "074808.984000", "074808.984000", "074808.984000", "074809.000000", "074813.984000", "074813.984000", "074813.984000", "074813.984000", "074818.984000", "074818.984000", "074818.984000", "074823.984000", "074823.984000", "074823.984000", "074828.984000", "074828.984000", "074829.000000", "074829.000000", "074833.984000", "074833.984000", "074833.984000", "074833.984000", "074838.984000", "074838.984000", "074838.984000", "074843.984000", "074843.984000", "074843.984000", "074844.000000", "074848.984000", "074849.000000", "074849.000000", "074853.984000", "074853.984000", "074854.000000", "074854.000000", "074858.984000", "074858.984000", "074858.984000", "074903.984000", "074904.000000", "074904.000000", "074904.000000", "074908.984000", "074909.000000", "074909.000000", "074913.984000", "074913.984000", "074913.984000", "074913.984000", "074918.984000", "074918.984000", "074918.984000", "074918.984000", "074923.984000", "074923.984000", "074923.984000", "074923.984000", "074928.984000", "074928.984000", "074929.000000", "074933.984000", "074933.984000", "074933.984000", "074934.000000", "074938.984000", "074938.984000", "074938.984000", "074939.000000", "074943.984000", "074943.984000", "074943.984000", "074944.000000", "074948.984000", "074949.000000", "074949.000000", "074953.984000", "074953.984000", "074954.000000", "074954.000000", "074958.984000", "074958.984000", "074959.000000", "074959.000000", "075003.984000", "075003.984000", "075004.000000", "075004.000000", "075008.984000", "075009.000000", "075009.000000", "075009.000000", "075013.984000", "075013.984000", "075013.984000", "075018.984000", "075018.984000", "075018.984000", "075018.984000", "075023.984000", "075023.984000", "075024.000000", "075024.000000", "075028.984000", "075028.984000", "075028.984000", "075028.984000", "075033.984000", "075033.984000", "075033.984000", "075033.984000", "075038.984000", "075038.984000", "075038.984000", "075039.000000", "075043.984000", "075043.984000", "075044.000000", "075048.984000", "075048.984000", "075048.984000", "075049.000000", "075053.984000", "075053.984000", "075053.984000", "075054.000000", "075058.984000", "075058.984000", "075058.984000", "075058.984000", "075103.984000", "075104.000000", "075104.015000", "075108.984000", "075108.984000", "075109.000000", "075109.000000", "075113.984000", "075113.984000", "075113.984000", "075113.984000", "075118.984000", "075118.984000", "075118.984000", "075119.000000", "075123.984000", "075123.984000", "075123.984000", "075128.984000", "075129.000000", "075129.000000", "075129.000000", "075133.984000", "075133.984000", "075133.984000", "075133.984000", "075138.984000", "075138.984000", "075138.984000", "075138.984000", "075143.984000", "075143.984000", "075143.984000", "075148.984000", "075148.984000", "075148.984000", "075148.984000", "075153.984000", "075153.984000", "075153.984000", "075154.000000", "075158.984000", "075158.984000", "075158.984000", "075203.984000", "075204.000000", "075204.000000", "075204.000000", "075213.984000", "075213.984000", "075214.000000", "075214.000000", "075214.000000", "075214.015000", "075214.015000", "075218.984000", "075218.984000", "075218.984000", "075218.984000", "075223.984000", "075223.984000", "075224.000000", "075224.000000", "075228.984000", "075228.984000", "075228.984000", "075233.984000", "075234.000000", "075234.000000", "075234.000000", "075238.984000", "075239.000000", "075239.000000", "075239.000000", "075243.984000", "075244.000000", "075244.000000", "075244.000000", "075248.984000", "075248.984000", "075248.984000", "075253.984000", "075253.984000", "075253.984000", "075253.984000", "075258.984000", "075258.984000", "075258.984000", "075258.984000", "075303.984000", "075303.984000", "075303.984000", "075303.984000", "075308.984000", "075308.984000", "075308.984000", "075309.000000", "075313.984000", "075314.000000", "075314.000000", "075318.984000", "075318.984000", "075319.000000", "075319.000000", "075323.984000", "075323.984000", "075324.000000", "075324.000000", "075328.984000", "075328.984000", "075329.000000", "075333.984000", "075334.000000", "075334.000000", "075334.000000", "075338.984000", "075339.000000", "075339.000000", "075343.984000", "075343.984000", "075343.984000", "075344.031000", "075348.984000", "075348.984000", "075348.984000", "075348.984000", "075353.984000", "075353.984000", "075353.984000", "075353.984000", "075358.984000", "075358.984000", "075358.984000", "075359.000000", "075403.984000", "075403.984000", "075404.000000", "075408.984000", "075408.984000", "075408.984000", "075409.000000", "075413.984000", "075413.984000", "075413.984000", "075414.031000", "075418.984000", "075419.000000", "075419.000000", "075419.000000", "075423.984000", "075423.984000", "075423.984000", "075424.000000", "075428.984000", "075428.984000", "075428.984000", "075429.000000", "075433.984000", "075433.984000", "075433.984000", "075433.984000", "075438.984000", "075438.984000", "075438.984000", "075438.984000", "075443.984000", "075444.000000", "075444.000000", "075448.984000", "075448.984000", "075449.000000", "075449.000000", "075453.984000", "075453.984000", "075454.000000", "075454.000000", "075458.984000", "075458.984000", "075459.015000", "075459.031000", "075503.984000", "075504.000000", "075504.000000", "075504.000000", "075508.984000", "075508.984000", "075508.984000", "075509.000000", "075513.984000", "075513.984000", "075513.984000", "075518.984000", "075519.000000", "075519.000000", "075519.000000", "075523.984000", "075523.984000", "075523.984000", "075524.000000", "075528.984000", "075528.984000", "075528.984000", "075528.984000", "075533.984000", "075533.984000", "075533.984000", "075533.984000", "075538.984000", "075539.000000", "075539.000000", "075543.984000", "075543.984000", "075543.984000", "075543.984000", "075548.984000", "075548.984000", "075548.984000", "075553.984000", "075554.000000", "075554.000000", "075554.000000", "075558.984000", "075559.000000", "075559.000000", "075559.000000", "075603.984000", "075603.984000", "075603.984000", "075608.984000", "075608.984000", "075608.984000", "075608.984000", "075613.984000", "075613.984000", "075613.984000", "075613.984000", "075618.984000", "075618.984000", "075618.984000", "075618.984000", "075623.984000", "075623.984000", "075623.984000", "075623.984000", "075628.984000", "075628.984000", "075629.000000", "075633.984000", "075633.984000", "075634.000000", "075634.000000", "075638.984000", "075638.984000", "075638.984000", "075638.984000", "075643.984000", "075643.984000", "075643.984000", "075643.984000", "075648.984000", "075648.984000", "075648.984000", "075653.984000", "075653.984000", "075654.000000", "075654.000000", "075658.984000", "075658.984000", "075658.984000", "075658.984000", "075703.984000", "075703.984000", "075703.984000", "075703.984000", "075708.984000", "075709.015000", "075709.015000", "075709.015000", "075713.984000", "075713.984000", "075714.000000", "075714.000000", "075714.000000", "075718.984000", "075718.984000", "075719.000000", "075719.000000", "075723.984000", "075723.984000", "075724.000000", "075724.000000", "075728.984000", "075728.984000", "075729.000000", "075729.000000", "075733.984000", "075733.984000", "075734.000000", "075734.000000", "075738.984000", "075739.000000", "075739.000000", "075739.000000", "075743.984000", "075743.984000", "075743.984000", "075743.984000", "075748.984000", "075748.984000", "075748.984000", "075748.984000", "075753.984000", "075753.984000", "075753.984000", "075754.015000", "075758.984000", "075758.984000", "075759.000000", "075759.000000", "075803.984000", "075803.984000", "075804.015000", "075804.031000", "075808.984000", "075808.984000", "075808.984000", "075808.984000", "075809.000000", "075813.984000", "075813.984000", "075813.984000", "075814.000000", "075818.984000", "075818.984000", "075818.984000", "075819.000000", "075823.984000", "075823.984000", "075823.984000", "075823.984000", "075828.984000", "075828.984000", "075828.984000", "075829.000000", "075833.078000", "075833.078000", "075833.078000", "075833.078000"], "InstanceNumber": [1, 2, 3, 4, 5, 6, 7, 8, 9, 10, 11, 12, 13, 14, 15, 16, 17, 18, 19, 20, 21, 22, 23, 24, 25, 26, 27, 28, 29, 30, 31, 32, 33, 34, 35, 36, 37, 38, 39, 40, 41, 42, 43, 44, 45, 46, 47, 48, 49, 50, 51, 52, 53, 54, 55, 56, 57, 58, 59, 60, 61, 62, 63, 64, 65, 66, 67, 68, 69, 70, 71, 72, 73, 74, 75, 76, 77, 78, 79, 80, 81, 82, 83, 84, 85, 86, 87, 88, 89, 90, 91, 92, 93, 94, 95, 96, 97, 98, 99, 100, 101, 102, 103, 104, 105, 106, 107, 108, 109, 110, 111, 112, 113, 114, 115, 116, 117, 118, 119, 120, 121, 122, 123, 124, 125, 126, 127, 128, 129, 130, 131, 132, 133, 134, 135, 136, 137, 138, 139, 140, 141, 142, 143, 144, 145, 146, 147, 148, 149, 150, 151, 152, 153, 154, 155, 156, 157, 158, 159, 160, 161, 162, 163, 164, 165, 166, 167, 168, 169, 170, 171, 172, 173, 174, 175, 176, 177, 178, 179, 180, 181, 182, 183, 184, 185, 186, 187, 188, 189, 190, 191, 192, 193, 194, 195, 196, 197, 198, 199, 200, 201, 202, 203, 204, 205, 206, 207, 208, 209, 210, 211, 212, 213, 214, 215, 216, 217, 218, 219, 220, 221, 222, 223, 224, 225, 226, 227, 228, 229, 230, 231, 232, 233, 234, 235, 236, 237, 238, 239, 240, 241, 242, 243, 244, 245, 246, 247, 248, 249, 250, 251, 252, 253, 254, 255, 256, 257, 258, 259, 260, 261, 262, 263, 264, 265, 266, 267, 268, 269, 270, 271, 272, 273, 274, 275, 276, 277, 278, 279, 280, 281, 282, 283, 284, 285, 286, 287, 288, 289, 290, 291, 292, 293, 294, 295, 296, 297, 298, 299, 300, 301, 302, 303, 304, 305, 306, 307, 308, 309, 310, 311, 312, 313, 314, 315, 316, 317, 318, 319, 320, 321, 322, 323, 324, 325, 326, 327, 328, 329, 330, 331, 332, 333, 334, 335, 336, 337, 338, 339, 340, 341, 342, 343, 344, 345, 346, 347, 348, 349, 350, 351, 352, 353, 354, 355, 356, 357, 358, 359, 360, 361, 362, 363, 364, 365, 366, 367, 368, 369, 370, 371, 372, 373, 374, 375, 376, 377, 378, 379, 380, 381, 382, 383, 384, 385, 386, 387, 388, 389, 390, 391, 392, 393, 394, 395, 396, 397, 398, 399, 400, 401, 402, 403, 404, 405, 406, 407, 408, 409, 410, 411, 412, 413, 414, 415, 416, 417, 418, 419, 420, 421, 422, 423, 424, 425, 426, 427, 428, 429, 430, 431, 432, 433, 434, 435, 436, 437, 438, 439, 440, 441, 442, 443, 444, 445, 446, 447, 448, 449, 450, 451, 452, 453, 454, 455, 456, 457, 458, 459, 460, 461, 462, 463, 464, 465, 466, 467, 468, 469, 470, 471, 472, 473, 474, 475, 476, 477, 478, 479, 480, 481, 482, 483, 484, 485, 486, 487, 488, 489, 490, 491, 492, 493, 494, 495, 496, 497, 498, 499, 500, 501, 502, 503, 504, 505, 506, 507, 508, 509, 510, 511, 512, 513, 514, 515, 516, 517, 518], "LargestImagePixelValue": [27697, 27601, 27306, 26932, 27061, 29479, 29952, 26463, 26464, 29228, 26711, 29378, 29404, 26425, 27075, 29684, 26788, 28042, 30630, 26530, 27249, 29436, 26382, 29193, 30426, 26482, 26527, 30217, 26409, 27435, 28224, 26505, 27169, 29185, 26577, 27743, 29184, 26207, 28271, 31637, 26680, 28022, 26522, 26324, 27630, 30083, 26423, 27642, 26691, 28090, 28381, 31541, 26454, 26329, 26604, 28981, 26468, 27271, 31048, 26481, 26747, 26484, 29658, 26452, 26772, 29853, 26659, 27336, 29344, 26299, 26547, 26885, 28680, 26555, 26382, 30021, 29420, 27026, 26280, 29728, 28530, 26427, 29873, 31819, 28748, 29377, 30486, 29692, 27842, 26602, 30773, 29327, 26508, 26587, 30709, 31553, 30327, 27399, 27072, 28998, 26272, 26985, 30577, 32048, 28272, 30553, 29225, 26874, 29596, 28238, 28445, 26429, 28815, 28052, 29895, 27672, 28125, 26613, 30319, 26505, 26762, 28626, 26649, 28061, 26408, 27169, 26402, 26390, 28962, 29175, 30501, 27418, 26523, 26296, 30067, 27214, 26406, 26795, 30320, 28106, 26523, 28908, 28594, 27729, 26323, 26255, 28592, 29388, 28073, 29641, 31562, 30887, 29112, 30474, 31097, 30690, 28205, 27256, 27799, 29045, 26390, 28162, 29717, 30488, 28959, 26697, 26711, 28677, 28360, 29526, 26629, 26226, 26449, 27761, 26214, 26117, 26350, 29302, 26226, 26296, 27213, 29702, 27975, 28407, 28672, 27111, 26832, 29594, 27702, 26333, 26134, 26366, 29977, 26091, 27038, 26146, 27242, 28814, 30114, 26726, 27544, 29552, 26155, 27461, 26050, 26166, 26290, 26111, 26766, 30448, 25824, 25992, 28132, 28359, 26011, 26712, 27833, 27322, 28069, 25872, 25892, 27216, 29849, 26853, 25812, 26695, 28682, 25970, 25871, 28245, 28628, 25957, 26994, 29254, 26948, 25883, 26534, 27656, 27924, 26291, 26041, 29939, 29047, 26190, 29536, 29475, 27048, 28652, 28552, 30646, 26860, 26021, 26759, 26000, 26872, 27888, 27706, 30104, 25986, 28153, 29281, 28461, 26749, 26715, 29381, 26690, 28550, 29187, 28188, 27810, 26226, 29986, 25920, 26813, 28024, 27955, 26626, 28307, 27025, 27608, 25946, 27969, 27928, 30047, 27227, 26735, 28275, 30350, 26133, 27299, 28569, 29988, 26150, 26144, 25897, 27781, 27405, 27060, 26345, 26060, 26540, 26940, 28816, 25991, 26017, 27535, 26137, 27208, 26099, 27167, 27535, 28091, 26342, 25690, 25880, 28657, 27872, 25914, 27163, 26436, 27503, 28004, 28654, 28581, 29415, 29761, 30364, 25883, 26023, 27663, 28690, 27787, 25815, 25896, 27646, 26364, 26297, 25816, 28323, 27608, 25694, 25659, 27078, 27897, 28546, 28403, 27722, 30184, 29469, 31272, 30207, 28138, 27569, 27857, 28400, 28975, 26229, 25772, 27821, 30304, 27947, 27370, 26553, 27010, 28998, 28001, 29397, 28005, 29120, 28491, 25721, 28115, 29804, 28393, 28300, 26183, 28470, 28168, 30713, 28652, 28132, 28473, 26699, 27648, 28693, 29001, 27994, 26259, 27396, 27383, 28067, 25448, 27866, 28952, 28386, 26818, 26613, 27545, 30767, 27044, 27669, 31690, 31950, 26583, 27575, 28275, 28791, 25504, 25973, 28056, 29296, 27752, 27554, 29884, 29259, 29802, 25866, 25570, 28070, 26983, 25466, 26727, 27037, 27163, 29995, 27226, 26653, 31346, 28781, 25661, 25439, 28523, 31024, 28502, 27838, 28694, 28636, 25110, 26978, 25819, 27422, 28029, 25199, 25680, 27960, 27168, 28998, 26781, 26836, 27215, 25983, 25301, 28155, 28965, 28288, 26915, 26200, 26227, 27316, 28567, 25736, 25958, 29251, 30527, 28545, 27501, 28471, 29633, 28792, 28026, 28334, 27739, 27174, 26710, 28518, 28455, 27018, 28822, 28825, 28867, 26146, 27955, 28796, 27938, 28265, 26673, 27415, 28894, 27532, 27752, 28134, 28941, 31358, 29182, 27651, 27298, 25554, 29516, 28448, 26855, 27079, 31181, 32834, 28731, 27632, 26528, 30665, 29687, 28666, 30690, 28863, 29852, 28077, 30332, 31490, 27367, 27578, 27437], "WindowCenter": [10374.0, 10374.0, 10362.0, 10377.0, 10389.0, 10385.0, 10382.0, 10362.0, 10369.0, 10375.0, 10373.0, 10384.0, 10395.0, 10371.0, 10367.0, 10382.0, 10369.0, 10387.0, 10404.0, 10370.0, 10377.0, 10402.0, 10362.0, 10384.0, 10387.0, 10363.0, 10357.0, 10365.0, 10364.0, 10364.0, 10377.0, 10357.0, 10349.0, 10402.0, 10376.0, 10369.0, 10379.0, 10357.0, 10384.0, 10392.0, 10357.0, 10341.0, 10350.0, 10354.0, 10354.0, 10365.0, 10356.0, 10375.0, 10386.0, 10395.0, 10388.0, 10375.0, 10352.0, 10354.0, 10338.0, 10355.0, 10360.0, 10355.0, 10358.0, 10339.0, 10319.0, 10316.0, 10349.0, 10340.0, 10350.0, 10362.0, 10341.0, 10351.0, 10353.0, 10347.0, 10350.0, 10347.0, 10367.0, 10345.0, 10334.0, 10373.0, 10367.0, 10355.0, 10360.0, 10385.0, 10373.0, 10362.0, 10379.0, 10392.0, 10390.0, 10385.0, 10367.0, 10358.0, 10363.0, 10340.0, 10368.0, 10372.0, 10359.0, 10351.0, 10364.0, 10380.0, 10365.0, 10360.0, 10353.0, 10358.0, 10351.0, 10365.0, 10382.0, 10400.0, 10361.0, 10366.0, 10370.0, 10358.0, 10371.0, 10351.0, 10364.0, 10350.0, 10344.0, 10340.0, 10333.0, 10323.0, 10326.0, 10317.0, 10352.0, 10329.0, 10323.0, 10345.0, 10330.0, 10335.0, 10317.0, 10323.0, 10340.0, 10340.0, 10363.0, 10354.0, 10362.0, 10321.0, 10315.0, 10314.0, 10324.0, 10332.0, 10325.0, 10319.0, 10350.0, 10346.0, 10347.0, 10342.0, 10343.0, 10334.0, 10333.0, 10329.0, 10339.0, 10355.0, 10365.0, 10371.0, 10373.0, 10360.0, 10349.0, 10367.0, 10375.0, 10367.0, 10361.0, 10348.0, 10339.0, 10366.0, 10357.0, 10349.0, 10350.0, 10349.0, 10345.0, 10316.0, 10338.0, 10347.0, 10316.0, 10328.0, 10312.0, 10321.0, 10331.0, 10346.0, 10335.0, 10344.0, 10340.0, 10363.0, 10340.0, 10331.0, 10343.0, 10370.0, 10330.0, 10352.0, 10361.0, 10345.0, 10347.0, 10352.0, 10346.0, 10339.0, 10352.0, 10330.0, 10355.0, 10337.0, 10332.0, 10337.0, 10343.0, 10360.0, 10353.0, 10339.0, 10332.0, 10352.0, 10327.0, 10326.0, 10320.0, 10324.0, 10345.0, 10348.0, 10332.0, 10345.0, 10313.0, 10324.0, 10323.0, 10340.0, 10336.0, 10337.0, 10330.0, 10329.0, 10343.0, 10326.0, 10337.0, 10353.0, 10359.0, 10331.0, 10334.0, 10319.0, 10344.0, 10347.0, 10333.0, 10344.0, 10345.0, 10325.0, 10347.0, 10351.0, 10344.0, 10335.0, 10335.0, 10346.0, 10337.0, 10322.0, 10341.0, 10361.0, 10373.0, 10341.0, 10349.0, 10348.0, 10347.0, 10355.0, 10349.0, 10349.0, 10333.0, 10310.0, 10327.0, 10343.0, 10352.0, 10341.0, 10337.0, 10347.0, 10321.0, 10331.0, 10335.0, 10332.0, 10325.0, 10324.0, 10348.0, 10316.0, 10326.0, 10312.0, 10312.0, 10324.0, 10298.0, 10326.0, 10296.0, 10301.0, 10306.0, 10298.0, 10306.0, 10313.0, 10322.0, 10339.0, 10315.0, 10319.0, 10318.0, 10333.0, 10332.0, 10361.0, 10366.0, 10359.0, 10341.0, 10329.0, 10323.0, 10323.0, 10307.0, 10302.0, 10272.0, 10299.0, 10295.0, 10288.0, 10274.0, 10293.0, 10297.0, 10297.0, 10290.0, 10291.0, 10301.0, 10300.0, 10306.0, 10294.0, 10301.0, 10305.0, 10298.0, 10302.0, 10302.0, 10294.0, 10300.0, 10319.0, 10342.0, 10325.0, 10324.0, 10323.0, 10329.0, 10325.0, 10329.0, 10330.0, 10327.0, 10323.0, 10310.0, 10300.0, 10303.0, 10293.0, 10288.0, 10274.0, 10277.0, 10282.0, 10289.0, 10299.0, 10292.0, 10299.0, 10313.0, 10295.0, 10291.0, 10292.0, 10300.0, 10313.0, 10325.0, 10321.0, 10316.0, 10333.0, 10327.0, 10338.0, 10327.0, 10310.0, 10291.0, 10320.0, 10317.0, 10299.0, 10309.0, 10316.0, 10313.0, 10327.0, 10318.0, 10307.0, 10308.0, 10315.0, 10334.0, 10329.0, 10331.0, 10327.0, 10306.0, 10305.0, 10301.0, 10318.0, 10323.0, 10300.0, 10321.0, 10310.0, 10324.0, 10335.0, 10341.0, 10330.0, 10309.0, 10309.0, 10297.0, 10305.0, 10320.0, 10320.0, 10293.0, 10283.0, 10309.0, 10313.0, 10298.0, 10287.0, 10306.0, 10304.0, 10297.0, 10292.0, 10295.0, 10319.0, 10320.0, 10319.0, 10306.0, 10321.0, 10348.0, 10310.0, 10306.0, 10302.0, 10303.0, 10289.0, 10307.0, 10329.0, 10319.0, 10319.0, 10316.0, 10310.0, 10311.0, 10303.0, 10266.0, 10263.0, 10264.0, 10268.0, 10271.0, 10298.0, 10292.0, 10290.0, 10318.0, 10314.0, 10323.0, 10330.0, 10317.0, 10298.0, 10293.0, 10328.0, 10324.0, 10304.0, 10305.0, 10315.0, 10330.0, 10302.0, 10286.0, 10287.0, 10292.0, 10292.0, 10288.0, 10270.0, 10286.0, 10288.0, 10289.0, 10265.0, 10272.0, 10275.0, 10259.0, 10285.0, 10304.0, 10304.0, 10291.0, 10275.0, 10287.0, 10273.0, 10280.0, 10297.0, 10307.0, 10299.0, 10329.0, 10315.0, 10306.0, 10312.0, 10309.0, 10313.0, 10290.0, 10297.0, 10285.0, 10284.0, 10292.0, 10307.0, 10317.0, 10315.0, 10295.0, 10308.0, 10298.0, 10304.0, 10283.0, 10288.0, 10282.0, 10274.0, 10295.0, 10281.0, 10273.0, 10295.0, 10281.0, 10298.0, 10293.0, 10313.0, 10313.0, 10306.0, 10303.0, 10304.0, 10308.0, 10322.0, 10309.0, 10308.0, 10295.0, 10316.0, 10315.0, 10315.0, 10314.0, 10313.0, 10313.0, 10313.0, 10305.0, 10314.0, 10306.0, 10322.0, 10324.0, 10334.0, 10320.0, 10310.0, 10319.0, 10324.0], "WindowWidth": [22085.0, 22079.0, 22053.0, 22080.0, 22102.0, 22096.0, 22086.0, 22044.0, 22060.0, 22077.0, 22071.0, 22096.0, 22116.0, 22066.0, 22062.0, 22089.0, 22063.0, 22099.0, 22136.0, 22065.0, 22082.0, 22126.0, 22052.0, 22093.0, 22099.0, 22046.0, 22034.0, 22048.0, 22048.0, 22052.0, 22074.0, 22037.0, 22018.0, 22116.0, 22072.0, 22057.0, 22075.0, 22036.0, 22086.0, 22108.0, 22032.0, 22000.0, 22014.0, 22022.0, 22018.0, 22041.0, 22028.0, 22071.0, 22101.0, 22112.0, 22097.0, 22070.0, 22018.0, 22019.0, 21991.0, 22027.0, 22041.0, 22026.0, 22029.0, 21982.0, 21950.0, 21943.0, 22008.0, 21989.0, 22013.0, 22034.0, 21992.0, 22010.0, 22021.0, 22006.0, 22013.0, 22010.0, 22056.0, 22009.0, 21986.0, 22065.0, 22056.0, 22027.0, 22041.0, 22089.0, 22062.0, 22049.0, 22085.0, 22110.0, 22100.0, 22091.0, 22058.0, 22034.0, 22040.0, 21994.0, 22048.0, 22059.0, 22038.0, 22022.0, 22049.0, 22077.0, 22049.0, 22032.0, 22024.0, 22036.0, 22026.0, 22057.0, 22090.0, 22122.0, 22047.0, 22053.0, 22054.0, 22033.0, 22056.0, 22016.0, 22039.0, 22013.0, 21998.0, 21985.0, 21977.0, 21950.0, 21953.0, 21938.0, 22009.0, 21963.0, 21953.0, 21996.0, 21967.0, 21974.0, 21937.0, 21948.0, 21990.0, 21993.0, 22037.0, 22021.0, 22033.0, 21953.0, 21938.0, 21929.0, 21952.0, 21966.0, 21956.0, 21947.0, 22006.0, 22000.0, 22008.0, 21997.0, 21993.0, 21983.0, 21976.0, 21973.0, 21991.0, 22019.0, 22042.0, 22060.0, 22061.0, 22037.0, 22013.0, 22046.0, 22061.0, 22047.0, 22032.0, 22010.0, 21994.0, 22048.0, 22032.0, 22015.0, 22014.0, 22013.0, 22001.0, 21942.0, 21983.0, 21998.0, 21942.0, 21964.0, 21928.0, 21947.0, 21969.0, 22001.0, 21982.0, 22001.0, 21994.0, 22043.0, 21989.0, 21977.0, 21996.0, 22047.0, 21972.0, 22016.0, 22032.0, 22003.0, 22011.0, 22016.0, 21999.0, 21984.0, 22012.0, 21970.0, 22020.0, 21982.0, 21973.0, 21980.0, 21991.0, 22027.0, 22018.0, 21982.0, 21969.0, 22010.0, 21956.0, 21954.0, 21942.0, 21957.0, 22000.0, 22004.0, 21973.0, 22001.0, 21935.0, 21956.0, 21955.0, 21990.0, 21981.0, 21979.0, 21966.0, 21959.0, 21993.0, 21960.0, 21983.0, 22013.0, 22025.0, 21969.0, 21974.0, 21948.0, 21991.0, 21997.0, 21972.0, 21993.0, 21998.0, 21963.0, 22005.0, 22009.0, 21997.0, 21984.0, 21982.0, 22000.0, 21992.0, 21959.0, 21988.0, 22034.0, 22056.0, 21997.0, 22013.0, 22019.0, 22007.0, 22021.0, 22009.0, 22008.0, 21972.0, 21924.0, 21959.0, 21998.0, 22017.0, 21999.0, 21985.0, 22001.0, 21946.0, 21965.0, 21968.0, 21959.0, 21951.0, 21950.0, 21996.0, 21935.0, 21954.0, 21920.0, 21919.0, 21940.0, 21888.0, 21944.0, 21888.0, 21897.0, 21902.0, 21896.0, 21913.0, 21922.0, 21945.0, 21979.0, 21929.0, 21937.0, 21937.0, 21974.0, 21973.0, 22032.0, 22039.0, 22024.0, 21986.0, 21962.0, 21947.0, 21941.0, 21907.0, 21897.0, 21838.0, 21884.0, 21877.0, 21871.0, 21844.0, 21874.0, 21882.0, 21886.0, 21872.0, 21873.0, 21889.0, 21891.0, 21905.0, 21892.0, 21898.0, 21902.0, 21886.0, 21893.0, 21891.0, 21880.0, 21900.0, 21932.0, 21980.0, 21951.0, 21949.0, 21950.0, 21963.0, 21954.0, 21955.0, 21957.0, 21950.0, 21937.0, 21912.0, 21889.0, 21896.0, 21869.0, 21856.0, 21836.0, 21836.0, 21846.0, 21861.0, 21883.0, 21876.0, 21892.0, 21922.0, 21881.0, 21871.0, 21878.0, 21900.0, 21923.0, 21945.0, 21941.0, 21935.0, 21963.0, 21951.0, 21972.0, 21949.0, 21919.0, 21882.0, 21936.0, 21936.0, 21898.0, 21908.0, 21924.0, 21921.0, 21945.0, 21928.0, 21913.0, 21920.0, 21930.0, 21971.0, 21958.0, 21958.0, 21948.0, 21912.0, 21903.0, 21896.0, 21933.0, 21942.0, 21901.0, 21940.0, 21916.0, 21946.0, 21972.0, 21979.0, 21956.0, 21915.0, 21915.0, 21890.0, 21900.0, 21926.0, 21923.0, 21872.0, 21857.0, 21913.0, 21916.0, 21892.0, 21868.0, 21897.0, 21897.0, 21878.0, 21875.0, 21879.0, 21927.0, 21935.0, 21937.0, 21912.0, 21938.0, 21988.0, 21916.0, 21906.0, 21898.0, 21900.0, 21876.0, 21916.0, 21956.0, 21939.0, 21934.0, 21926.0, 21907.0, 21906.0, 21892.0, 21815.0, 21804.0, 21812.0, 21816.0, 21825.0, 21880.0, 21873.0, 21872.0, 21929.0, 21923.0, 21943.0, 21959.0, 21929.0, 21891.0, 21880.0, 21942.0, 21939.0, 21903.0, 21906.0, 21920.0, 21953.0, 21896.0, 21863.0, 21864.0, 21875.0, 21879.0, 21864.0, 21829.0, 21859.0, 21863.0, 21861.0, 21814.0, 21830.0, 21838.0, 21816.0, 21859.0, 21893.0, 21893.0, 21867.0, 21838.0, 21861.0, 21837.0, 21847.0, 21888.0, 21908.0, 21898.0, 21956.0, 21931.0, 21907.0, 21918.0, 21910.0, 21917.0, 21874.0, 21888.0, 21866.0, 21858.0, 21875.0, 21906.0, 21923.0, 21923.0, 21882.0, 21907.0, 21882.0, 21891.0, 21852.0, 21859.0, 21850.0, 21831.0, 21877.0, 21845.0, 21834.0, 21874.0, 21850.0, 21883.0, 21876.0, 21909.0, 21918.0, 21905.0, 21892.0, 21895.0, 21908.0, 21939.0, 21911.0, 21911.0, 21888.0, 21925.0, 21925.0, 21916.0, 21917.0, 21917.0, 21917.0, 21918.0, 21912.0, 21922.0, 21906.0, 21941.0, 21940.0, 21961.0, 21930.0, 21908.0, 21928.0, 21944.0]}, "slices": {}}}