{"AcquisitionMatrixPE": 96, "AcquisitionNumber": 1, "AcquisitionTime": "07:58:25.707500", "BandwidthPerPixelPhaseEncode": 33.602, "BaseResolution": 96, "BodyPartExamined": "BRAIN", "ConsistencyInfo": "N4_VD11D_LATEST_20110129", "ConversionSoftware": "dcm2niix", "ConversionSoftwareVersion": "v1.0.20210317", "DerivedVendorReportedEchoSpacing": 0.000620003, "DeviceSerialNumber": "45239", "DwellTime": 2.6e-06, "EchoTime": 0.03, "EchoTrainLength": 48, "EffectiveEchoSpacing": 0.000310001, "FlipAngle": 63, "ImageComments": "Unaliased MB4/PE3", "ImageOrientationPatientDICOM": [0.999698, 0.0107524, 0.0220754, 0.00245099, 0.85084, -0.525419], "ImageType": ["ORIGINAL", "PRIMARY", "M", "ND", "NORM", "MOSAIC"], "ImagingFrequency": 123.193, "InPlanePhaseEncodingDirectionDICOM": "COL", "InstitutionAddress": "E 24th St. 100,Austin,Southmiddle,US,78712", "InstitutionName": "Univ of Texas at Austin", "InstitutionalDepartmentName": "IRC", "MRAcquisitionType": "2D", "MagneticFieldStrength": 3, "Manufacturer": "Siemens", "ManufacturersModelName": "Skyra", "Modality": "MR", "MultibandAccelerationFactor": 4, "ParallelReductionFactorInPlane": 2, "PartialFourier": 1, "PatientPosition": "HFS", "PercentPhaseFOV": 100, "PercentSampling": 100, "PhaseEncodingDirection": "j-", "PhaseEncodingSteps": 96, "PhaseResolution": 1, "PixelBandwidth": 2005, "ProcedureStepDescription": "Poldrack2^self-scanning", "ProtocolName": "Breath_Hold", "PulseSequenceDetails": "%CustomerSeq%\\cmrr_mbep2d_bold", "ReceiveCoilActiveElements": "HEA;HEP", "ReceiveCoilName": "Head_32", "ReconMatrixPE": 96, "RefLinesPE": 94, "RepetitionTime": 1.16, "SAR": 0.0959435, "ScanOptions": "FS", "ScanningSequence": "EP", "SequenceName": "epfid2d1_96", "SequenceVariant": "SK", "SeriesDescription": "Breath_Hold", "SeriesNumber": 10, "ShimSetting": [-2769, 8060, -15398, 146, -163, 121, 249, -91], "SliceThickness": 2, "SliceTiming": [0, 0.4975, 0.9975, 0.355, 0.855, 0.2125, 0.7125, 0.07, 0.57, 1.0675, 0.4275, 0.925, 0.285, 0.7825, 0.1425, 0.64, 0, 0.4975, 0.9975, 0.355, 0.855, 0.2125, 0.7125, 0.07, 0.57, 1.0675, 0.4275, 0.925, 0.285, 0.7825, 0.1425, 0.64, 0, 0.4975, 0.9975, 0.355, 0.855, 0.2125, 0.7125, 0.07, 0.57, 1.0675, 0.4275, 0.925, 0.285, 0.7825, 0.1425, 0.64, 0, 0.4975, 0.9975, 0.355, 0.855, 0.2125, 0.7125, 0.07, 0.57, 1.0675, 0.4275, 0.925, 0.285, 0.7825, 0.1425, 0.64], "SoftwareVersions": "syngo MR D11", "SpacingBetweenSlices": 2.4, "StationName": "AWP45239", "TaskName": "Breath holding task", "TotalReadoutTime": 0.0294501, "TxRefAmp": 336.638, "WipMemBlock": "b066c47f-8133-4a72-9008-342308a76389||Sequence: VD11D r206; Feb 13 2013 18:52:04 by eja", "dcmmeta_affine": [[-2.395110845565796, 0.005872162524610758, 0.058637283742427826, 115.68440246582031], [-0.02576104924082756, 2.03847074508667, -1.2607555389404297, -77.2530288696289], [0.05288906395435333, 1.2588165998458862, 2.041337251663208, -85.84980773925781], [0.0, 0.0, 0.0, 1.0]], "dcmmeta_reorient_transform": [[0.0, -1.0, 0.0, 95.0], [1.0, 0.0, 0.0, 0.0], [0.0, 0.0, 1.0, 0.0], [0.0, 0.0, 0.0, 1.0]], "dcmmeta_shape": [96, 96, 64, 318], "dcmmeta_slice_dim": 2, "dcmmeta_version": 0.6, "global": {"const": {"AcquisitionMatrix": [96, 0, 0, 96], "AngioFlag": "N", "BitsAllocated": 16, "BitsStored": 16, "BodyPartExamined": "BRAIN", "Columns": 768, "EchoNumbers": 1, "EchoTime": 30.0, "EchoTrainLength": 48, "FlipAngle": 63.0, "HighBit": 15, "ImageOrientationPatient": [0.99969848465497, 0.0107524381685, 0.02207543548792, 0.00245098971894, 0.85084003079271, -0.5254191038115], "ImagePositionPatient": [-922.97255754998, -809.9836162413, 438.92940618569], "ImageType": ["ORIGINAL", "PRIMARY", "M", "ND", "NORM", "MOSAIC"], "ImagedNucleus": "1H", "ImagingFrequency": 123.193202, "InPlanePhaseEncodingDirection": "COL", "MRAcquisitionType": "2D", "MagneticFieldStrength": 3.0, "Manufacturer": "SIEMENS", "ManufacturerModelName": "Skyra", "Modality": "MR", "NumberOfAverages": 1.0, "NumberOfPhaseEncodingSteps": 96, "PercentPhaseFieldOfView": 100.0, "PercentSampling": 100.0, "PerformedProcedureStepStartTime": "073121.984000", "PhotometricInterpretation": "MONOCHROME2", "PixelBandwidth": 2005.0, "PixelRepresentation": 0, "PixelSpacing": [2.3958332538605, 2.3958332538605], "ProtocolName": "Breath_Hold", "RepetitionTime": 1160.0, "Rows": 768, "SAR": 0.09594354331966, "SamplesPerPixel": 1, "ScanOptions": "FS", "ScanningSequence": "EP", "SequenceName": "epfid2d1_96", "SequenceVariant": "SK", "SeriesDescription": "Breath_Hold", "SeriesNumber": 10, "SeriesTime": "075904.468000", "SliceLocation": -29.611583043317, "SliceThickness": 2.0, "SmallestImagePixelValue": 0, "SoftwareVersions": "syngo MR D11", "SpacingBetweenSlices": 2.4000000697867, "SpecificCharacterSet": "ISO_IR 100", "StudyID": "1", "StudyTime": "073121.875000", "TransmitCoilName": "Body", "VariableFlipAngleFlag": "N", "WindowCenterWidthExplanation": "Algo1", "dBdt": 0.0}, "slices": {}}, "time": {"samples": {"AcquisitionNumber": [1, 2, 3, 4, 5, 6, 7, 8, 9, 10, 11, 12, 13, 14, 15, 16, 17, 18, 19, 20, 21, 22, 23, 24, 25, 26, 27, 28, 29, 30, 31, 32, 33, 34, 35, 36, 37, 38, 39, 40, 41, 42, 43, 44, 45, 46, 47, 48, 49, 50, 51, 52, 53, 54, 55, 56, 57, 58, 59, 60, 61, 62, 63, 64, 65, 66, 67, 68, 69, 70, 71, 72, 73, 74, 75, 76, 77, 78, 79, 80, 81, 82, 83, 84, 85, 86, 87, 88, 89, 90, 91, 92, 93, 94, 95, 96, 97, 98, 99, 100, 101, 102, 103, 104, 105, 106, 107, 108, 109, 110, 111, 112, 113, 114, 115, 116, 117, 118, 119, 120, 121, 122, 123, 124, 125, 126, 127, 128, 129, 130, 131, 132, 133, 134, 135, 136, 137, 138, 139, 140, 141, 142, 143, 144, 145, 146, 147, 148, 149, 150, 151, 152, 153, 154, 155, 156, 157, 158, 159, 160, 161, 162, 163, 164, 165, 166, 167, 168, 169, 170, 171, 172, 173, 174, 175, 176, 177, 178, 179, 180, 181, 182, 183, 184, 185, 186, 187, 188, 189, 190, 191, 192, 193, 194, 195, 196, 197, 198, 199, 200, 201, 202, 203, 204, 205, 206, 207, 208, 209, 210, 211, 212, 213, 214, 215, 216, 217, 218, 219, 220, 221, 222, 223, 224, 225, 226, 227, 228, 229, 230, 231, 232, 233, 234, 235, 236, 237, 238, 239, 240, 241, 242, 243, 244, 245, 246, 247, 248, 249, 250, 251, 252, 253, 254, 255, 256, 257, 258, 259, 260, 261, 262, 263, 264, 265, 266, 267, 268, 269, 270, 271, 272, 273, 274, 275, 276, 277, 278, 279, 280, 281, 282, 283, 284, 285, 286, 287, 288, 289, 290, 291, 292, 293, 294, 295, 296, 297, 298, 299, 300, 301, 302, 303, 304, 305, 306, 307, 308, 309, 310, 311, 312, 313, 314, 315, 316, 317, 318], "AcquisitionTime": ["075825.707500", "075854.707500", "075855.867500", "075857.027500", "075858.187500", "075859.347500", "075900.507500", "075901.667500", "075902.827500", "075903.987500", "075905.147500", "075906.307500", "075907.467500", "075908.627500", "075909.787500", "075910.947500", "075912.107500", "075913.267500", "075914.427500", "075915.587500", "075916.747500", "075917.907500", "075919.067500", "075920.227500", "075921.387500", "075922.547500", "075923.707500", "075924.867500", "075926.027500", "075927.187500", "075928.347500", "075929.507500", "075930.667500", "075931.827500", "075932.987500", "075934.147500", "075935.307500", "075936.467500", "075937.627500", "075938.787500", "075939.947500", "075941.107500", "075942.267500", "075943.427500", "075944.587500", "075945.747500", "075946.907500", "075948.067500", "075949.227500", "075950.387500", "075951.547500", "075952.707500", "075953.867500", "075955.027500", "075956.187500", "075957.347500", "075958.507500", "075959.667500", "080000.827500", "080001.987500", "080003.147500", "080004.307500", "080005.467500", "080006.627500", "080007.787500", "080008.947500", "080010.107500", "080011.267500", "080012.427500", "080013.587500", "080014.747500", "080015.907500", "080017.067500", "080018.227500", "080019.387500", "080020.547500", "080021.707500", "080022.867500", "080024.027500", "080025.187500", "080026.347500", "080027.507500", "080028.667500", "080029.827500", "080030.987500", "080032.147500", "080033.307500", "080034.467500", "080035.627500", "080036.787500", "080037.947500", "080039.107500", "080040.267500", "080041.427500", "080042.587500", "080043.747500", "080044.907500", "080046.067500", "080047.227500", "080048.387500", "080049.547500", "080050.707500", "080051.867500", "080053.027500", "080054.187500", "080055.347500", "080056.507500", "080057.667500", "080058.827500", "080059.987500", "080101.147500", "080102.307500", "080103.467500", "080104.627500", "080105.787500", "080106.947500", "080108.107500", "080109.267500", "080110.427500", "080111.587500", "080112.747500", "080113.907500", "080115.067500", "080116.227500", "080117.387500", "080118.547500", "080119.707500", "080120.867500", "080122.027500", "080123.187500", "080124.347500", "080125.507500", "080126.667500", "080127.827500", "080128.987500", "080130.147500", "080131.307500", "080132.467500", "080133.627500", "080134.787500", "080135.947500", "080137.107500", "080138.267500", "080139.427500", "080140.587500", "080141.747500", "080142.907500", "080144.067500", "080145.227500", "080146.387500", "080147.547500", "080148.707500", "080149.867500", "080151.027500", "080152.187500", "080153.347500", "080154.507500", "080155.667500", "080156.827500", "080157.987500", "080159.147500", "080200.307500", "080201.467500", "080202.627500", "080203.787500", "080204.947500", "080206.107500", "080207.267500", "080208.427500", "080209.587500", "080210.747500", "080211.907500", "080213.067500", "080214.227500", "080215.387500", "080216.547500", "080217.707500", "080218.867500", "080220.027500", "080221.187500", "080222.347500", "080223.507500", "080224.667500", "080225.827500", "080226.987500", "080228.147500", "080229.307500", "080230.467500", "080231.627500", "080232.787500", "080233.950000", "080235.110000", "080236.270000", "080237.430000", "080238.590000", "080239.750000", "080240.910000", "080242.070000", "080243.230000", "080244.390000", "080245.550000", "080246.710000", "080247.870000", "080249.030000", "080250.190000", "080251.350000", "080252.510000", "080253.670000", "080254.830000", "080255.990000", "080257.150000", "080258.310000", "080259.470000", "080300.630000", "080301.790000", "080302.950000", "080304.110000", "080305.270000", "080306.430000", "080307.590000", "080308.750000", "080309.910000", "080311.070000", "080312.230000", "080313.390000", "080314.550000", "080315.710000", "080316.870000", "080318.030000", "080319.190000", "080320.350000", "080321.510000", "080322.670000", "080323.830000", "080324.990000", "080326.150000", "080327.310000", "080328.470000", "080329.630000", "080330.790000", "080331.950000", "080333.110000", "080334.270000", "080335.430000", "080336.590000", "080337.750000", "080338.910000", "080340.070000", "080341.230000", "080342.390000", "080343.550000", "080344.710000", "080345.870000", "080347.030000", "080348.190000", "080349.350000", "080350.510000", "080351.670000", "080352.830000", "080353.990000", "080355.150000", "080356.310000", "080357.470000", "080358.630000", "080359.790000", "080400.950000", "080402.110000", "080403.270000", "080404.430000", "080405.590000", "080406.750000", "080407.910000", "080409.070000", "080410.230000", "080411.390000", "080412.550000", "080413.710000", "080414.870000", "080416.030000", "080417.190000", "080418.350000", "080419.510000", "080420.670000", "080421.830000", "080422.990000", "080424.150000", "080425.310000", "080426.470000", "080427.630000", "080428.790000", "080429.950000", "080431.110000", "080432.270000", "080433.430000", "080434.590000", "080435.750000", "080436.910000", "080438.070000", "080439.230000", "080440.390000", "080441.550000", "080442.710000", "080443.870000", "080445.030000", "080446.190000", "080447.350000", "080448.510000", "080449.670000", "080450.830000", "080451.990000", "080453.150000", "080454.310000", "080455.470000", "080456.630000", "080457.790000", "080458.950000", "080500.110000", "080501.270000"], "ContentTime": ["075904.468000", "075913.125000", "075913.125000", "075913.125000", "075913.140000", "075913.140000", "075913.140000", "075913.156000", "075918.125000", "075918.125000", "075918.140000", "075918.140000", "075923.125000", "075923.125000", "075923.125000", "075928.125000", "075928.125000", "075928.125000", "075928.125000", "075933.125000", "075933.125000", "075933.140000", "075938.125000", "075938.125000", "075938.125000", "075938.140000", "075943.125000", "075943.125000", "075943.125000", "075943.140000", "075948.125000", "075948.140000", "075948.140000", "075953.125000", "075953.125000", "075953.171000", "075953.171000", "075958.125000", "075958.125000", "075958.125000", "075958.125000", "080003.125000", "080003.125000", "080003.125000", "080003.140000", "080008.125000", "080008.125000", "080008.125000", "080008.125000", "080013.125000", "080013.125000", "080013.125000", "080018.125000", "080018.125000", "080018.125000", "080018.125000", "080023.125000", "080023.125000", "080023.125000", "080023.125000", "080028.125000", "080028.125000", "080028.140000", "080033.125000", "080033.125000", "080033.125000", "080033.140000", "080038.125000", "080038.125000", "080038.125000", "080038.125000", "080043.125000", "080043.125000", "080043.125000", "080043.125000", "080048.125000", "080048.125000", "080048.125000", "080048.140000", "080053.125000", "080053.125000", "080053.140000", "080058.125000", "080058.125000", "080058.140000", "080058.140000", "080103.125000", "080103.125000", "080103.140000", "080103.140000", "080108.125000", "080108.125000", "080108.156000", "080108.156000", "080113.125000", "080113.125000", "080113.125000", "080113.125000", "080118.125000", "080118.125000", "080118.125000", "080118.125000", "080123.125000", "080123.125000", "080123.125000", "080128.125000", "080128.125000", "080128.140000", "080128.140000", "080133.125000", "080133.125000", "080133.125000", "080133.125000", "080138.125000", "080138.125000", "080138.125000", "080138.140000", "080143.125000", "080143.125000", "080143.125000", "080148.125000", "080148.125000", "080148.140000", "080153.125000", "080153.125000", "080153.125000", "080153.140000", "080158.125000", "080158.125000", "080158.125000", "080158.140000", "080203.125000", "080203.125000", "080203.125000", "080203.140000", "080208.125000", "080208.125000", "080208.125000", "080208.140000", "080213.125000", "080213.125000", "080213.125000", "080213.125000", "080218.125000", "080218.125000", "080218.140000", "080223.125000", "080223.125000", "080223.140000", "080223.140000", "080228.125000", "080228.125000", "080228.140000", "080228.140000", "080233.125000", "080233.125000", "080233.125000", "080238.125000", "080238.125000", "080238.140000", "080238.140000", "080243.125000", "080243.125000", "080243.125000", "080243.140000", "080248.125000", "080248.125000", "080248.125000", "080248.125000", "080253.125000", "080253.125000", "080253.125000", "080258.125000", "080258.125000", "080258.125000", "080258.125000", "080303.125000", "080303.125000", "080303.125000", "080308.125000", "080308.125000", "080308.125000", "080308.140000", "080313.125000", "080313.156000", "080313.156000", "080313.171000", "080318.125000", "080318.140000", "080318.140000", "080323.125000", "080323.125000", "080323.140000", "080323.140000", "080328.125000", "080328.125000", "080328.140000", "080328.140000", "080333.125000", "080333.125000", "080333.140000", "080333.140000", "080338.125000", "080338.125000", "080338.125000", "080343.125000", "080343.140000", "080343.140000", "080343.140000", "080348.125000", "080348.125000", "080348.125000", "080348.140000", "080353.125000", "080353.125000", "080353.125000", "080358.125000", "080358.125000", "080358.125000", "080358.125000", "080403.125000", "080403.140000", "080403.140000", "080403.140000", "080408.125000", "080408.125000", "080408.125000", "080413.125000", "080413.125000", "080413.125000", "080413.125000", "080418.125000", "080418.125000", "080418.140000", "080418.156000", "080423.125000", "080423.125000", "080423.125000", "080423.140000", "080428.125000", "080428.140000", "080428.140000", "080433.125000", "080433.125000", "080433.125000", "080433.140000", "080438.125000", "080438.125000", "080438.125000", "080438.140000", "080443.125000", "080443.125000", "080443.125000", "080448.125000", "080448.125000", "080448.125000", "080448.125000", "080453.125000", "080453.125000", "080453.125000", "080458.125000", "080458.125000", "080458.125000", "080458.140000", "080503.125000", "080503.125000", "080503.140000", "080503.140000", "080508.125000", "080508.125000", "080508.125000", "080508.125000", "080513.125000", "080513.125000", "080513.125000", "080513.125000", "080518.125000", "080518.125000", "080518.125000", "080518.125000", "080523.125000", "080523.125000", "080523.125000", "080523.125000", "080528.125000", "080528.125000", "080528.125000", "080528.125000", "080533.125000", "080533.125000", "080533.125000", "080533.125000", "080538.125000", "080538.125000", "080538.125000", "080538.140000", "080543.125000", "080543.125000", "080543.125000", "080543.125000", "080548.125000", "080548.125000", "080548.125000", "080548.125000", "080553.125000", "080553.125000", "080553.125000", "080553.125000", "080558.125000", "080558.140000", "080558.140000", "080558.140000", "080603.125000", "080603.125000", "080603.125000", "080603.125000", "080604.421000", "080604.421000"], "InstanceCreationTime": ["075904.468000", "075913.125000", "075913.125000", "075913.125000", "075913.140000", "075913.140000", "075913.140000", "075913.156000", "075918.125000", "075918.125000", "075918.140000", "075918.140000", "075923.125000", "075923.125000", "075923.125000", "075928.125000", "075928.125000", "075928.125000", "075928.125000", "075933.125000", "075933.125000", "075933.140000", "075938.125000", "075938.125000", "075938.125000", "075938.140000", "075943.125000", "075943.125000", "075943.125000", "075943.140000", "075948.125000", "075948.140000", "075948.140000", "075953.125000", "075953.125000", "075953.171000", "075953.171000", "075958.125000", "075958.125000", "075958.125000", "075958.125000", "080003.125000", "080003.125000", "080003.125000", "080003.140000", "080008.125000", "080008.125000", "080008.125000", "080008.125000", "080013.125000", "080013.125000", "080013.125000", "080018.125000", "080018.125000", "080018.125000", "080018.125000", "080023.125000", "080023.125000", "080023.125000", "080023.125000", "080028.125000", "080028.125000", "080028.140000", "080033.125000", "080033.125000", "080033.125000", "080033.140000", "080038.125000", "080038.125000", "080038.125000", "080038.125000", "080043.125000", "080043.125000", "080043.125000", "080043.125000", "080048.125000", "080048.125000", "080048.125000", "080048.140000", "080053.125000", "080053.125000", "080053.140000", "080058.125000", "080058.125000", "080058.140000", "080058.140000", "080103.125000", "080103.125000", "080103.140000", "080103.140000", "080108.125000", "080108.125000", "080108.156000", "080108.156000", "080113.125000", "080113.125000", "080113.125000", "080113.125000", "080118.125000", "080118.125000", "080118.125000", "080118.125000", "080123.125000", "080123.125000", "080123.125000", "080128.125000", "080128.125000", "080128.140000", "080128.140000", "080133.125000", "080133.125000", "080133.125000", "080133.125000", "080138.125000", "080138.125000", "080138.125000", "080138.140000", "080143.125000", "080143.125000", "080143.125000", "080148.125000", "080148.125000", "080148.140000", "080153.125000", "080153.125000", "080153.125000", "080153.140000", "080158.125000", "080158.125000", "080158.125000", "080158.140000", "080203.125000", "080203.125000", "080203.125000", "080203.140000", "080208.125000", "080208.125000", "080208.125000", "080208.140000", "080213.125000", "080213.125000", "080213.125000", "080213.125000", "080218.125000", "080218.125000", "080218.140000", "080223.125000", "080223.125000", "080223.140000", "080223.140000", "080228.125000", "080228.125000", "080228.140000", "080228.140000", "080233.125000", "080233.125000", "080233.125000", "080238.125000", "080238.125000", "080238.140000", "080238.140000", "080243.125000", "080243.125000", "080243.125000", "080243.140000", "080248.125000", "080248.125000", "080248.125000", "080248.125000", "080253.125000", "080253.125000", "080253.125000", "080258.125000", "080258.125000", "080258.125000", "080258.125000", "080303.125000", "080303.125000", "080303.125000", "080308.125000", "080308.125000", "080308.125000", "080308.140000", "080313.125000", "080313.156000", "080313.156000", "080313.171000", "080318.125000", "080318.140000", "080318.140000", "080323.125000", "080323.125000", "080323.140000", "080323.140000", "080328.125000", "080328.125000", "080328.140000", "080328.140000", "080333.125000", "080333.125000", "080333.140000", "080333.140000", "080338.125000", "080338.125000", "080338.125000", "080343.125000", "080343.140000", "080343.140000", "080343.140000", "080348.125000", "080348.125000", "080348.125000", "080348.140000", "080353.125000", "080353.125000", "080353.125000", "080358.125000", "080358.125000", "080358.125000", "080358.125000", "080403.125000", "080403.140000", "080403.140000", "080403.140000", "080408.125000", "080408.125000", "080408.125000", "080413.125000", "080413.125000", "080413.125000", "080413.125000", "080418.125000", "080418.125000", "080418.140000", "080418.156000", "080423.125000", "080423.125000", "080423.125000", "080423.140000", "080428.125000", "080428.140000", "080428.140000", "080433.125000", "080433.125000", "080433.125000", "080433.140000", "080438.125000", "080438.125000", "080438.125000", "080438.140000", "080443.125000", "080443.125000", "080443.125000", "080448.125000", "080448.125000", "080448.125000", "080448.125000", "080453.125000", "080453.125000", "080453.125000", "080458.125000", "080458.125000", "080458.125000", "080458.140000", "080503.125000", "080503.125000", "080503.140000", "080503.140000", "080508.125000", "080508.125000", "080508.125000", "080508.125000", "080513.125000", "080513.125000", "080513.125000", "080513.125000", "080518.125000", "080518.125000", "080518.125000", "080518.125000", "080523.125000", "080523.125000", "080523.125000", "080523.125000", "080528.125000", "080528.125000", "080528.125000", "080528.125000", "080533.125000", "080533.125000", "080533.125000", "080533.125000", "080538.125000", "080538.125000", "080538.125000", "080538.140000", "080543.125000", "080543.125000", "080543.125000", "080543.125000", "080548.125000", "080548.125000", "080548.125000", "080548.125000", "080553.125000", "080553.125000", "080553.125000", "080553.125000", "080558.125000", "080558.140000", "080558.140000", "080558.140000", "080603.125000", "080603.125000", "080603.125000", "080603.125000", "080604.421000", "080604.421000"], "InstanceNumber": [1, 2, 3, 4, 5, 6, 7, 8, 9, 10, 11, 12, 13, 14, 15, 16, 17, 18, 19, 20, 21, 22, 23, 24, 25, 26, 27, 28, 29, 30, 31, 32, 33, 34, 35, 36, 37, 38, 39, 40, 41, 42, 43, 44, 45, 46, 47, 48, 49, 50, 51, 52, 53, 54, 55, 56, 57, 58, 59, 60, 61, 62, 63, 64, 65, 66, 67, 68, 69, 70, 71, 72, 73, 74, 75, 76, 77, 78, 79, 80, 81, 82, 83, 84, 85, 86, 87, 88, 89, 90, 91, 92, 93, 94, 95, 96, 97, 98, 99, 100, 101, 102, 103, 104, 105, 106, 107, 108, 109, 110, 111, 112, 113, 114, 115, 116, 117, 118, 119, 120, 121, 122, 123, 124, 125, 126, 127, 128, 129, 130, 131, 132, 133, 134, 135, 136, 137, 138, 139, 140, 141, 142, 143, 144, 145, 146, 147, 148, 149, 150, 151, 152, 153, 154, 155, 156, 157, 158, 159, 160, 161, 162, 163, 164, 165, 166, 167, 168, 169, 170, 171, 172, 173, 174, 175, 176, 177, 178, 179, 180, 181, 182, 183, 184, 185, 186, 187, 188, 189, 190, 191, 192, 193, 194, 195, 196, 197, 198, 199, 200, 201, 202, 203, 204, 205, 206, 207, 208, 209, 210, 211, 212, 213, 214, 215, 216, 217, 218, 219, 220, 221, 222, 223, 224, 225, 226, 227, 228, 229, 230, 231, 232, 233, 234, 235, 236, 237, 238, 239, 240, 241, 242, 243, 244, 245, 246, 247, 248, 249, 250, 251, 252, 253, 254, 255, 256, 257, 258, 259, 260, 261, 262, 263, 264, 265, 266, 267, 268, 269, 270, 271, 272, 273, 274, 275, 276, 277, 278, 279, 280, 281, 282, 283, 284, 285, 286, 287, 288, 289, 290, 291, 292, 293, 294, 295, 296, 297, 298, 299, 300, 301, 302, 303, 304, 305, 306, 307, 308, 309, 310, 311, 312, 313, 314, 315, 316, 317, 318], "LargestImagePixelValue": [30198, 30266, 29961, 31431, 30497, 30625, 28452, 26319, 26006, 28132, 33636, 30105, 26280, 25645, 26222, 29283, 26216, 26841, 26219, 25959, 26933, 25935, 28264, 30926, 29593, 26234, 26511, 28898, 30200, 26223, 32376, 27104, 25849, 26072, 27473, 26083, 26236, 29796, 27992, 26042, 26270, 29636, 26059, 26345, 26268, 28047, 26170, 28447, 26141, 26240, 33570, 26401, 28763, 29453, 28154, 26310, 27355, 29394, 26542, 26612, 32517, 26774, 35940, 26801, 29540, 28742, 28206, 30280, 32045, 28500, 27129, 29278, 34201, 28805, 28412, 29912, 27888, 31544, 29574, 26472, 27268, 28051, 28251, 26489, 26566, 26429, 28316, 28585, 26880, 26571, 28065, 33660, 26863, 28704, 28644, 29941, 28712, 34363, 30983, 28236, 29431, 27378, 27926, 27646, 30881, 26870, 27565, 29241, 27024, 27562, 28221, 27831, 27856, 32689, 27177, 28405, 27510, 29497, 31502, 27064, 28317, 28873, 27425, 35793, 26681, 29023, 26752, 36437, 27025, 29289, 27050, 26794, 26885, 31678, 30112, 27296, 30915, 31199, 28037, 26977, 27216, 27089, 28134, 27052, 31797, 26985, 27049, 27080, 27013, 27599, 27306, 26771, 29016, 29273, 27220, 27318, 27349, 27318, 27860, 28456, 35104, 27227, 30636, 28445, 30736, 27503, 29271, 29993, 27289, 28060, 29186, 27579, 29047, 34198, 30043, 28170, 30761, 29117, 32319, 29209, 27168, 27362, 27659, 27801, 27476, 26947, 27054, 29584, 27515, 27304, 27399, 29086, 34049, 27117, 27355, 27217, 27122, 26986, 27254, 27041, 27358, 27228, 27181, 29828, 27379, 27059, 27056, 28498, 27403, 27388, 27812, 27525, 27807, 29502, 27387, 27650, 30027, 27548, 30329, 33085, 30579, 28099, 30766, 27687, 36797, 29187, 27573, 34068, 27505, 27529, 27544, 27571, 29046, 27413, 27429, 27854, 27605, 32387, 27577, 27796, 28500, 28177, 27507, 30933, 29469, 27856, 28148, 29331, 27524, 27473, 27669, 28097, 27522, 29665, 28215, 27662, 27619, 27414, 27704, 29834, 31731, 27646, 27748, 28027, 27727, 27650, 27802, 28293, 27451, 27816, 28430, 28327, 32964, 27600, 27641, 31250, 28698, 30845, 29466, 28257, 30915, 27767, 28524, 30676, 27623, 27642, 27700, 32153, 29201, 27694, 29706, 27662, 28940, 27610, 28265, 27712, 27904, 27804, 27794, 28466, 27561, 27624, 27606, 27608, 29760, 27751, 27716, 28193, 27600, 30388, 27562, 27392, 27621, 27657, 27745, 28628, 28555, 27732], "WindowCenter": [10401.0, 10395.0, 10400.0, 10377.0, 10378.0, 10394.0, 10412.0, 10360.0, 10361.0, 10369.0, 10382.0, 10355.0, 10306.0, 10312.0, 10306.0, 10320.0, 10301.0, 10329.0, 10302.0, 10287.0, 10309.0, 10315.0, 10332.0, 10340.0, 10335.0, 10315.0, 10308.0, 10322.0, 10336.0, 10318.0, 10338.0, 10297.0, 10302.0, 10292.0, 10304.0, 10294.0, 10293.0, 10314.0, 10320.0, 10310.0, 10303.0, 10319.0, 10310.0, 10296.0, 10310.0, 10315.0, 10312.0, 10319.0, 10324.0, 10337.0, 10376.0, 10343.0, 10368.0, 10368.0, 10368.0, 10360.0, 10375.0, 10379.0, 10372.0, 10359.0, 10407.0, 10378.0, 10439.0, 10401.0, 10388.0, 10386.0, 10387.0, 10381.0, 10377.0, 10365.0, 10342.0, 10342.0, 10365.0, 10331.0, 10336.0, 10343.0, 10320.0, 10340.0, 10335.0, 10301.0, 10299.0, 10322.0, 10321.0, 10294.0, 10303.0, 10303.0, 10303.0, 10318.0, 10318.0, 10311.0, 10317.0, 10336.0, 10324.0, 10343.0, 10344.0, 10350.0, 10340.0, 10352.0, 10334.0, 10331.0, 10337.0, 10338.0, 10343.0, 10358.0, 10380.0, 10356.0, 10360.0, 10377.0, 10367.0, 10363.0, 10373.0, 10373.0, 10376.0, 10403.0, 10384.0, 10383.0, 10393.0, 10390.0, 10383.0, 10361.0, 10360.0, 10353.0, 10331.0, 10367.0, 10300.0, 10328.0, 10315.0, 10348.0, 10315.0, 10314.0, 10295.0, 10290.0, 10299.0, 10314.0, 10318.0, 10297.0, 10300.0, 10308.0, 10302.0, 10300.0, 10318.0, 10315.0, 10308.0, 10307.0, 10323.0, 10310.0, 10304.0, 10314.0, 10310.0, 10319.0, 10304.0, 10315.0, 10324.0, 10330.0, 10338.0, 10324.0, 10337.0, 10333.0, 10347.0, 10350.0, 10390.0, 10349.0, 10371.0, 10357.0, 10369.0, 10338.0, 10363.0, 10377.0, 10371.0, 10378.0, 10377.0, 10358.0, 10369.0, 10347.0, 10351.0, 10329.0, 10353.0, 10333.0, 10357.0, 10322.0, 10309.0, 10312.0, 10320.0, 10311.0, 10303.0, 10287.0, 10293.0, 10315.0, 10315.0, 10310.0, 10304.0, 10313.0, 10327.0, 10325.0, 10304.0, 10302.0, 10310.0, 10314.0, 10317.0, 10326.0, 10309.0, 10314.0, 10314.0, 10316.0, 10304.0, 10299.0, 10304.0, 10323.0, 10327.0, 10340.0, 10350.0, 10358.0, 10358.0, 10355.0, 10334.0, 10355.0, 10368.0, 10348.0, 10377.0, 10377.0, 10381.0, 10370.0, 10388.0, 10372.0, 10402.0, 10370.0, 10343.0, 10375.0, 10337.0, 10331.0, 10307.0, 10313.0, 10307.0, 10302.0, 10300.0, 10299.0, 10289.0, 10293.0, 10273.0, 10278.0, 10302.0, 10284.0, 10279.0, 10316.0, 10298.0, 10295.0, 10311.0, 10302.0, 10292.0, 10299.0, 10303.0, 10304.0, 10299.0, 10313.0, 10298.0, 10301.0, 10279.0, 10281.0, 10315.0, 10329.0, 10350.0, 10340.0, 10356.0, 10354.0, 10329.0, 10345.0, 10347.0, 10338.0, 10351.0, 10355.0, 10338.0, 10364.0, 10387.0, 10355.0, 10374.0, 10391.0, 10381.0, 10382.0, 10356.0, 10338.0, 10345.0, 10336.0, 10330.0, 10321.0, 10299.0, 10287.0, 10288.0, 10302.0, 10303.0, 10301.0, 10288.0, 10277.0, 10294.0, 10278.0, 10290.0, 10282.0, 10279.0, 10277.0, 10290.0, 10292.0, 10287.0, 10292.0, 10276.0, 10283.0, 10292.0, 10287.0, 10284.0, 10297.0, 10304.0, 10322.0, 10302.0, 10315.0, 10314.0, 10321.0, 10327.0, 10337.0, 10346.0, 10355.0], "WindowWidth": [22131.0, 22109.0, 22119.0, 22064.0, 22060.0, 22108.0, 22157.0, 22031.0, 22027.0, 22041.0, 22066.0, 22002.0, 21904.0, 21913.0, 21894.0, 21924.0, 21888.0, 21942.0, 21891.0, 21861.0, 21899.0, 21915.0, 21953.0, 21974.0, 21962.0, 21920.0, 21903.0, 21929.0, 21956.0, 21917.0, 21959.0, 21883.0, 21884.0, 21865.0, 21890.0, 21870.0, 21865.0, 21912.0, 21923.0, 21908.0, 21892.0, 21922.0, 21902.0, 21876.0, 21901.0, 21917.0, 21913.0, 21935.0, 21941.0, 21968.0, 22051.0, 21987.0, 22039.0, 22041.0, 22048.0, 22026.0, 22054.0, 22072.0, 22053.0, 22036.0, 22133.0, 22074.0, 22200.0, 22122.0, 22097.0, 22086.0, 22087.0, 22074.0, 22063.0, 22028.0, 21982.0, 21979.0, 22029.0, 21954.0, 21960.0, 21977.0, 21931.0, 21971.0, 21956.0, 21887.0, 21886.0, 21928.0, 21927.0, 21875.0, 21889.0, 21887.0, 21892.0, 21920.0, 21924.0, 21910.0, 21923.0, 21969.0, 21941.0, 21977.0, 21979.0, 21990.0, 21974.0, 22001.0, 21963.0, 21951.0, 21969.0, 21971.0, 21987.0, 22018.0, 22066.0, 22023.0, 22034.0, 22064.0, 22041.0, 22038.0, 22053.0, 22050.0, 22064.0, 22126.0, 22077.0, 22083.0, 22100.0, 22094.0, 22078.0, 22035.0, 22023.0, 22006.0, 21963.0, 22024.0, 21888.0, 21943.0, 21912.0, 21983.0, 21913.0, 21913.0, 21875.0, 21869.0, 21879.0, 21910.0, 21918.0, 21873.0, 21881.0, 21899.0, 21887.0, 21883.0, 21918.0, 21919.0, 21901.0, 21894.0, 21932.0, 21902.0, 21894.0, 21911.0, 21904.0, 21921.0, 21895.0, 21912.0, 21932.0, 21949.0, 21965.0, 21944.0, 21970.0, 21964.0, 21991.0, 21998.0, 22085.0, 22000.0, 22042.0, 22017.0, 22042.0, 21983.0, 22036.0, 22059.0, 22049.0, 22066.0, 22063.0, 22020.0, 22042.0, 22000.0, 22000.0, 21958.0, 22000.0, 21963.0, 22008.0, 21932.0, 21900.0, 21905.0, 21922.0, 21901.0, 21888.0, 21853.0, 21867.0, 21915.0, 21917.0, 21908.0, 21895.0, 21906.0, 21941.0, 21930.0, 21891.0, 21888.0, 21902.0, 21911.0, 21924.0, 21939.0, 21904.0, 21911.0, 21911.0, 21914.0, 21890.0, 21884.0, 21895.0, 21937.0, 21949.0, 21974.0, 22004.0, 22018.0, 22020.0, 22018.0, 21969.0, 22012.0, 22039.0, 21999.0, 22060.0, 22064.0, 22066.0, 22047.0, 22091.0, 22051.0, 22113.0, 22050.0, 21989.0, 22051.0, 21970.0, 21954.0, 21908.0, 21913.0, 21896.0, 21881.0, 21878.0, 21874.0, 21850.0, 21865.0, 21821.0, 21830.0, 21880.0, 21851.0, 21835.0, 21907.0, 21873.0, 21870.0, 21902.0, 21888.0, 21864.0, 21875.0, 21887.0, 21888.0, 21876.0, 21901.0, 21873.0, 21876.0, 21837.0, 21841.0, 21907.0, 21945.0, 21995.0, 21982.0, 22009.0, 22009.0, 21959.0, 21989.0, 21991.0, 21971.0, 21997.0, 22010.0, 21979.0, 22034.0, 22082.0, 22015.0, 22057.0, 22100.0, 22071.0, 22068.0, 22021.0, 21971.0, 21986.0, 21963.0, 21947.0, 21928.0, 21880.0, 21851.0, 21850.0, 21881.0, 21882.0, 21876.0, 21851.0, 21827.0, 21859.0, 21829.0, 21851.0, 21836.0, 21830.0, 21826.0, 21852.0, 21858.0, 21846.0, 21856.0, 21827.0, 21836.0, 21860.0, 21849.0, 21845.0, 21872.0, 21884.0, 21926.0, 21889.0, 21914.0, 21913.0, 21927.0, 21946.0, 21967.0, 21988.0, 22007.0]}, "slices": {}}}