{"AcquisitionMatrixPE": 96, "AcquisitionNumber": 1, "AcquisitionTime": "07:57:7.092500", "BandwidthPerPixelPhaseEncode": 33.602, "BaseResolution": 96, "BodyPartExamined": "BRAIN", "ConsistencyInfo": "N4_VD11D_LATEST_20110129", "ConversionSoftware": "dcm2niix", "ConversionSoftwareVersion": "v1.0.20210317", "DerivedVendorReportedEchoSpacing": 0.000620003, "DeviceSerialNumber": "45239", "DwellTime": 2.6e-06, "EchoTime": 0.03, "EchoTrainLength": 48, "EffectiveEchoSpacing": 0.000310001, "FlipAngle": 63, "ImageComments": "Unaliased MB4/PE3", "ImageOrientationPatientDICOM": [0.999503, 0.0149709, 0.0277307, 0.00254636, 0.838711, -0.54457], "ImageType": ["ORIGINAL", "PRIMARY", "M", "ND", "NORM", "MOSAIC"], "ImagingFrequency": 123.193, "InPlanePhaseEncodingDirectionDICOM": "COL", "InstitutionAddress": "E 24th St. 100,Austin,Southmiddle,US,78712", "InstitutionName": "Univ of Texas at Austin", "InstitutionalDepartmentName": "IRC", "MRAcquisitionType": "2D", "MagneticFieldStrength": 3, "Manufacturer": "Siemens", "ManufacturersModelName": "Skyra", "Modality": "MR", "MultibandAccelerationFactor": 4, "ParallelReductionFactorInPlane": 2, "PartialFourier": 1, "PatientPosition": "HFS", "PercentPhaseFOV": 100, "PercentSampling": 100, "PhaseEncodingDirection": "j-", "PhaseEncodingSteps": 96, "PhaseResolution": 1, "PixelBandwidth": 2005, "ProcedureStepDescription": "Poldrack2^self-scanning", "ProtocolName": "Resting State fMRI MBEPI_matrix96_BW2004", "PulseSequenceDetails": "%CustomerSeq%\\cmrr_mbep2d_bold", "ReceiveCoilActiveElements": "HEA;HEP", "ReceiveCoilName": "Head_32", "ReconMatrixPE": 96, "RefLinesPE": 94, "RepetitionTime": 1.16, "SAR": 0.0913271, "ScanOptions": "FS", "ScanningSequence": "EP", "SequenceName": "epfid2d1_96", "SequenceVariant": "SK", "SeriesDescription": "Resting State fMRI MBEPI_matrix96_BW2004", "SeriesNumber": 6, "ShimSetting": [-2787, 8056, -15492, 182, -261, 206, 289, -73], "SliceThickness": 2, "SliceTiming": [0, 0.4975, 0.995, 0.355, 0.8525, 0.2125, 0.71, 0.07, 0.5675, 1.0675, 0.4275, 0.925, 0.285, 0.7825, 0.1425, 0.64, 0, 0.4975, 0.995, 0.355, 0.8525, 0.2125, 0.71, 0.07, 0.5675, 1.0675, 0.4275, 0.925, 0.285, 0.7825, 0.1425, 0.64, 0, 0.4975, 0.995, 0.355, 0.8525, 0.2125, 0.71, 0.07, 0.5675, 1.0675, 0.4275, 0.925, 0.285, 0.7825, 0.1425, 0.64, 0, 0.4975, 0.995, 0.355, 0.8525, 0.2125, 0.71, 0.07, 0.5675, 1.0675, 0.4275, 0.925, 0.285, 0.7825, 0.1425, 0.64], "SoftwareVersions": "syngo MR D11", "SpacingBetweenSlices": 2.4, "StationName": "AWP45239", "TaskName": "Resting fmri", "TotalReadoutTime": 0.0294501, "TxRefAmp": 328.72, "WipMemBlock": "8a2e994e-267a-4999-9884-affe6966c23b||Sequence: VD11D r206; Feb 13 2013 18:52:04 by eja", "dcmmeta_affine": [[-2.3946433067321777, 0.006100647617131472, 0.07538580149412155, 114.34117126464844], [-0.03586767613887787, 2.0094127655029297, -1.3064887523651123, -71.36128997802734], [0.06643817573785782, 1.3046993017196655, 2.0118162631988525, -106.22285461425781], [0.0, 0.0, 0.0, 1.0]], "dcmmeta_reorient_transform": [[0.0, -1.0, 0.0, 95.0], [1.0, 0.0, 0.0, 0.0], [0.0, 0.0, 1.0, 0.0], [0.0, 0.0, 0.0, 1.0]], "dcmmeta_shape": [96, 96, 64, 518], "dcmmeta_slice_dim": 2, "dcmmeta_version": 0.6, "global": {"const": {"AcquisitionMatrix": [96, 0, 0, 96], "AngioFlag": "N", "BitsAllocated": 16, "BitsStored": 16, "BodyPartExamined": "BRAIN", "Columns": 768, "EchoNumbers": 1, "EchoTime": 30.0, "EchoTrainLength": 48, "FlipAngle": 63.0, "HighBit": 15, "ImageOrientationPatient": [0.99950331704712, 0.01497085631203, 0.02773071713965, 0.00254635742291, 0.83871142866126, -0.5445701566344], "ImagePositionPatient": [-921.57069598191, -806.74713504645, 433.77931308766], "ImageType": ["ORIGINAL", "PRIMARY", "M", "ND", "NORM", "MOSAIC"], "ImagedNucleus": "1H", "ImagingFrequency": 123.193429, "InPlanePhaseEncodingDirection": "COL", "MRAcquisitionType": "2D", "MagneticFieldStrength": 3.0, "Manufacturer": "SIEMENS", "ManufacturerModelName": "Skyra", "Modality": "MR", "NumberOfAverages": 1.0, "NumberOfPhaseEncodingSteps": 96, "PercentPhaseFieldOfView": 100.0, "PercentSampling": 100.0, "PerformedProcedureStepStartTime": "075148.562000", "PhotometricInterpretation": "MONOCHROME2", "PixelBandwidth": 2005.0, "PixelRepresentation": 0, "PixelSpacing": [2.3958332538605, 2.3958332538605], "ProtocolName": "Resting State fMRI MBEPI_matrix96_BW2004", "RepetitionTime": 1160.0, "Rows": 768, "SAR": 0.09132705387493, "SamplesPerPixel": 1, "ScanOptions": "FS", "ScanningSequence": "EP", "SequenceName": "epfid2d1_96", "SequenceVariant": "SK", "SeriesDescription": "Resting State fMRI MBEPI_matrix96_BW2004", "SeriesNumber": 6, "SeriesTime": "075745.609000", "SliceLocation": -46.60351423696, "SliceThickness": 2.0, "SmallestImagePixelValue": 0, "SoftwareVersions": "syngo MR D11", "SpacingBetweenSlices": 2.4000000167374, "SpecificCharacterSet": "ISO_IR 100", "StudyID": "1", "StudyTime": "075148.515000", "TransmitCoilName": "Body", "VariableFlipAngleFlag": "N", "WindowCenterWidthExplanation": "Algo1", "dBdt": 0.0}, "slices": {}}, "time": {"samples": {"AcquisitionNumber": [1, 2, 3, 4, 5, 6, 7, 8, 9, 10, 11, 12, 13, 14, 15, 16, 17, 18, 19, 20, 21, 22, 23, 24, 25, 26, 27, 28, 29, 30, 31, 32, 33, 34, 35, 36, 37, 38, 39, 40, 41, 42, 43, 44, 45, 46, 47, 48, 49, 50, 51, 52, 53, 54, 55, 56, 57, 58, 59, 60, 61, 62, 63, 64, 65, 66, 67, 68, 69, 70, 71, 72, 73, 74, 75, 76, 77, 78, 79, 80, 81, 82, 83, 84, 85, 86, 87, 88, 89, 90, 91, 92, 93, 94, 95, 96, 97, 98, 99, 100, 101, 102, 103, 104, 105, 106, 107, 108, 109, 110, 111, 112, 113, 114, 115, 116, 117, 118, 119, 120, 121, 122, 123, 124, 125, 126, 127, 128, 129, 130, 131, 132, 133, 134, 135, 136, 137, 138, 139, 140, 141, 142, 143, 144, 145, 146, 147, 148, 149, 150, 151, 152, 153, 154, 155, 156, 157, 158, 159, 160, 161, 162, 163, 164, 165, 166, 167, 168, 169, 170, 171, 172, 173, 174, 175, 176, 177, 178, 179, 180, 181, 182, 183, 184, 185, 186, 187, 188, 189, 190, 191, 192, 193, 194, 195, 196, 197, 198, 199, 200, 201, 202, 203, 204, 205, 206, 207, 208, 209, 210, 211, 212, 213, 214, 215, 216, 217, 218, 219, 220, 221, 222, 223, 224, 225, 226, 227, 228, 229, 230, 231, 232, 233, 234, 235, 236, 237, 238, 239, 240, 241, 242, 243, 244, 245, 246, 247, 248, 249, 250, 251, 252, 253, 254, 255, 256, 257, 258, 259, 260, 261, 262, 263, 264, 265, 266, 267, 268, 269, 270, 271, 272, 273, 274, 275, 276, 277, 278, 279, 280, 281, 282, 283, 284, 285, 286, 287, 288, 289, 290, 291, 292, 293, 294, 295, 296, 297, 298, 299, 300, 301, 302, 303, 304, 305, 306, 307, 308, 309, 310, 311, 312, 313, 314, 315, 316, 317, 318, 319, 320, 321, 322, 323, 324, 325, 326, 327, 328, 329, 330, 331, 332, 333, 334, 335, 336, 337, 338, 339, 340, 341, 342, 343, 344, 345, 346, 347, 348, 349, 350, 351, 352, 353, 354, 355, 356, 357, 358, 359, 360, 361, 362, 363, 364, 365, 366, 367, 368, 369, 370, 371, 372, 373, 374, 375, 376, 377, 378, 379, 380, 381, 382, 383, 384, 385, 386, 387, 388, 389, 390, 391, 392, 393, 394, 395, 396, 397, 398, 399, 400, 401, 402, 403, 404, 405, 406, 407, 408, 409, 410, 411, 412, 413, 414, 415, 416, 417, 418, 419, 420, 421, 422, 423, 424, 425, 426, 427, 428, 429, 430, 431, 432, 433, 434, 435, 436, 437, 438, 439, 440, 441, 442, 443, 444, 445, 446, 447, 448, 449, 450, 451, 452, 453, 454, 455, 456, 457, 458, 459, 460, 461, 462, 463, 464, 465, 466, 467, 468, 469, 470, 471, 472, 473, 474, 475, 476, 477, 478, 479, 480, 481, 482, 483, 484, 485, 486, 487, 488, 489, 490, 491, 492, 493, 494, 495, 496, 497, 498, 499, 500, 501, 502, 503, 504, 505, 506, 507, 508, 509, 510, 511, 512, 513, 514, 515, 516, 517, 518], "AcquisitionTime": ["075707.092500", "075736.092500", "075737.252500", "075738.412500", "075739.572500", "075740.732500", "075741.892500", "075743.052500", "075744.212500", "075745.372500", "075746.532500", "075747.692500", "075748.852500", "075750.012500", "075751.172500", "075752.332500", "075753.492500", "075754.652500", "075755.812500", "075756.972500", "075758.132500", "075759.292500", "075800.452500", "075801.612500", "075802.772500", "075803.932500", "075805.092500", "075806.252500", "075807.412500", "075808.572500", "075809.732500", "075810.892500", "075812.052500", "075813.212500", "075814.372500", "075815.532500", "075816.692500", "075817.852500", "075819.012500", "075820.172500", "075821.332500", "075822.492500", "075823.652500", "075824.812500", "075825.972500", "075827.132500", "075828.292500", "075829.452500", "075830.612500", "075831.772500", "075832.932500", "075834.092500", "075835.252500", "075836.412500", "075837.572500", "075838.732500", "075839.892500", "075841.052500", "075842.212500", "075843.372500", "075844.532500", "075845.692500", "075846.852500", "075848.012500", "075849.172500", "075850.332500", "075851.492500", "075852.652500", "075853.812500", "075854.972500", "075856.132500", "075857.292500", "075858.452500", "075859.612500", "075900.772500", "075901.932500", "075903.092500", "075904.252500", "075905.412500", "075906.572500", "075907.732500", "075908.892500", "075910.052500", "075911.212500", "075912.372500", "075913.532500", "075914.692500", "075915.852500", "075917.012500", "075918.172500", "075919.332500", "075920.492500", "075921.652500", "075922.812500", "075923.972500", "075925.132500", "075926.292500", "075927.452500", "075928.612500", "075929.772500", "075930.932500", "075932.092500", "075933.252500", "075934.412500", "075935.572500", "075936.732500", "075937.892500", "075939.052500", "075940.212500", "075941.372500", "075942.532500", "075943.692500", "075944.852500", "075946.012500", "075947.172500", "075948.332500", "075949.492500", "075950.652500", "075951.812500", "075952.972500", "075954.132500", "075955.292500", "075956.452500", "075957.612500", "075958.772500", "075959.932500", "080001.092500", "080002.252500", "080003.412500", "080004.572500", "080005.732500", "080006.892500", "080008.052500", "080009.212500", "080010.372500", "080011.532500", "080012.692500", "080013.852500", "080015.012500", "080016.172500", "080017.332500", "080018.492500", "080019.652500", "080020.812500", "080021.972500", "080023.132500", "080024.292500", "080025.452500", "080026.612500", "080027.772500", "080028.932500", "080030.092500", "080031.252500", "080032.412500", "080033.572500", "080034.732500", "080035.892500", "080037.052500", "080038.212500", "080039.372500", "080040.532500", "080041.692500", "080042.852500", "080044.012500", "080045.172500", "080046.332500", "080047.492500", "080048.652500", "080049.812500", "080050.972500", "080052.132500", "080053.292500", "080054.452500", "080055.612500", "080056.772500", "080057.932500", "080059.092500", "080100.252500", "080101.412500", "080102.572500", "080103.732500", "080104.892500", "080106.052500", "080107.212500", "080108.372500", "080109.532500", "080110.692500", "080111.852500", "080113.012500", "080114.172500", "080115.332500", "080116.492500", "080117.652500", "080118.812500", "080119.972500", "080121.132500", "080122.292500", "080123.452500", "080124.612500", "080125.772500", "080126.932500", "080128.092500", "080129.252500", "080130.412500", "080131.572500", "080132.732500", "080133.892500", "080135.052500", "080136.212500", "080137.372500", "080138.532500", "080139.692500", "080140.852500", "080142.012500", "080143.172500", "080144.332500", "080145.492500", "080146.652500", "080147.812500", "080148.972500", "080150.132500", "080151.292500", "080152.452500", "080153.612500", "080154.772500", "080155.932500", "080157.092500", "080158.252500", "080159.412500", "080200.572500", "080201.735000", "080202.895000", "080204.055000", "080205.215000", "080206.375000", "080207.535000", "080208.695000", "080209.855000", "080211.015000", "080212.175000", "080213.335000", "080214.495000", "080215.655000", "080216.815000", "080217.975000", "080219.135000", "080220.295000", "080221.455000", "080222.615000", "080223.775000", "080224.935000", "080226.095000", "080227.255000", "080228.415000", "080229.575000", "080230.735000", "080231.895000", "080233.055000", "080234.215000", "080235.375000", "080236.535000", "080237.695000", "080238.855000", "080240.015000", "080241.175000", "080242.335000", "080243.495000", "080244.655000", "080245.815000", "080246.975000", "080248.135000", "080249.295000", "080250.455000", "080251.615000", "080252.775000", "080253.935000", "080255.095000", "080256.255000", "080257.415000", "080258.575000", "080259.735000", "080300.895000", "080302.055000", "080303.215000", "080304.375000", "080305.535000", "080306.695000", "080307.855000", "080309.015000", "080310.175000", "080311.335000", "080312.495000", "080313.655000", "080314.815000", "080315.975000", "080317.135000", "080318.295000", "080319.455000", "080320.615000", "080321.775000", "080322.935000", "080324.095000", "080325.255000", "080326.415000", "080327.575000", "080328.735000", "080329.895000", "080331.055000", "080332.215000", "080333.375000", "080334.535000", "080335.695000", "080336.855000", "080338.015000", "080339.175000", "080340.335000", "080341.495000", "080342.655000", "080343.815000", "080344.975000", "080346.135000", "080347.295000", "080348.455000", "080349.615000", "080350.775000", "080351.935000", "080353.095000", "080354.255000", "080355.415000", "080356.575000", "080357.735000", "080358.895000", "080400.055000", "080401.215000", "080402.375000", "080403.535000", "080404.695000", "080405.855000", "080407.015000", "080408.175000", "080409.335000", "080410.495000", "080411.655000", "080412.815000", "080413.975000", "080415.135000", "080416.295000", "080417.455000", "080418.615000", "080419.775000", "080420.935000", "080422.095000", "080423.255000", "080424.415000", "080425.575000", "080426.735000", "080427.895000", "080429.055000", "080430.215000", "080431.375000", "080432.535000", "080433.695000", "080434.855000", "080436.015000", "080437.175000", "080438.335000", "080439.495000", "080440.655000", "080441.815000", "080442.975000", "080444.135000", "080445.295000", "080446.455000", "080447.615000", "080448.775000", "080449.935000", "080451.095000", "080452.255000", "080453.415000", "080454.575000", "080455.735000", "080456.895000", "080458.055000", "080459.215000", "080500.375000", "080501.535000", "080502.695000", "080503.855000", "080505.015000", "080506.175000", "080507.335000", "080508.495000", "080509.655000", "080510.815000", "080511.975000", "080513.135000", "080514.295000", "080515.455000", "080516.615000", "080517.775000", "080518.935000", "080520.095000", "080521.255000", "080522.415000", "080523.575000", "080524.735000", "080525.895000", "080527.055000", "080528.215000", "080529.375000", "080530.535000", "080531.695000", "080532.855000", "080534.015000", "080535.175000", "080536.335000", "080537.495000", "080538.655000", "080539.815000", "080540.975000", "080542.135000", "080543.295000", "080544.455000", "080545.615000", "080546.775000", "080547.935000", "080549.095000", "080550.255000", "080551.415000", "080552.575000", "080553.735000", "080554.895000", "080556.055000", "080557.215000", "080558.375000", "080559.535000", "080600.695000", "080601.855000", "080603.015000", "080604.175000", "080605.335000", "080606.495000", "080607.655000", "080608.815000", "080609.975000", "080611.135000", "080612.295000", "080613.455000", "080614.615000", "080615.775000", "080616.935000", "080618.095000", "080619.255000", "080620.415000", "080621.575000", "080622.735000", "080623.895000", "080625.055000", "080626.215000", "080627.375000", "080628.535000", "080629.695000", "080630.855000", "080632.015000", "080633.175000", "080634.335000", "080635.495000", "080636.655000", "080637.815000", "080638.975000", "080640.135000", "080641.295000", "080642.455000", "080643.615000", "080644.775000", "080645.935000", "080647.095000", "080648.255000", "080649.415000", "080650.575000", "080651.737500", "080652.897500", "080654.057500", "080655.217500", "080656.377500", "080657.537500", "080658.697500", "080659.857500", "080701.017500", "080702.177500", "080703.337500", "080704.497500", "080705.657500", "080706.817500", "080707.977500", "080709.137500", "080710.297500", "080711.457500", "080712.617500", "080713.777500", "080714.937500", "080716.097500", "080717.257500", "080718.417500", "080719.577500", "080720.737500", "080721.897500", "080723.057500", "080724.217500", "080725.377500", "080726.537500", "080727.697500", "080728.857500", "080730.017500", "080731.177500", "080732.337500", "080733.497500", "080734.657500"], "ContentTime": ["075745.609000", "075754.562000", "075754.562000", "075754.562000", "075754.578000", "075754.578000", "075754.578000", "075754.578000", "075759.562000", "075759.562000", "075759.562000", "075759.578000", "075804.562000", "075804.578000", "075804.578000", "075804.578000", "075809.562000", "075809.562000", "075809.562000", "075814.562000", "075814.578000", "075814.578000", "075814.578000", "075819.562000", "075819.562000", "075819.562000", "075819.578000", "075824.562000", "075824.562000", "075824.578000", "075829.562000", "075829.578000", "075829.578000", "075829.578000", "075834.562000", "075834.562000", "075834.562000", "075834.578000", "075839.562000", "075839.562000", "075839.562000", "075839.578000", "075844.562000", "075844.578000", "075844.578000", "075849.562000", "075849.562000", "075849.562000", "075849.578000", "075854.562000", "075854.562000", "075854.562000", "075859.562000", "075859.562000", "075859.562000", "075859.578000", "075904.562000", "075904.562000", "075904.562000", "075904.578000", "075909.578000", "075909.578000", "075909.578000", "075909.578000", "075914.562000", "075914.562000", "075914.562000", "075919.562000", "075919.562000", "075919.562000", "075919.578000", "075924.562000", "075924.578000", "075924.578000", "075924.578000", "075929.562000", "075929.562000", "075929.562000", "075934.562000", "075934.562000", "075934.562000", "075934.578000", "075939.562000", "075939.562000", "075939.562000", "075939.578000", "075944.562000", "075944.562000", "075944.562000", "075944.578000", "075949.562000", "075949.562000", "075949.562000", "075949.578000", "075954.562000", "075954.562000", "075954.562000", "075954.578000", "075959.562000", "075959.562000", "075959.562000", "080004.562000", "080004.562000", "080004.562000", "080004.578000", "080009.562000", "080009.562000", "080009.562000", "080014.562000", "080014.578000", "080014.578000", "080014.578000", "080019.562000", "080019.562000", "080019.562000", "080024.562000", "080024.562000", "080024.562000", "080024.578000", "080029.562000", "080029.562000", "080029.562000", "080029.578000", "080034.562000", "080034.562000", "080034.562000", "080034.578000", "080039.562000", "080039.562000", "080039.562000", "080039.578000", "080044.562000", "080044.562000", "080044.562000", "080049.562000", "080049.562000", "080049.562000", "080049.578000", "080054.562000", "080054.562000", "080054.562000", "080054.578000", "080059.562000", "080059.562000", "080059.562000", "080104.562000", "080104.562000", "080104.562000", "080104.578000", "080109.562000", "080109.562000", "080109.562000", "080114.562000", "080114.562000", "080114.562000", "080114.578000", "080119.562000", "080119.562000", "080119.562000", "080119.578000", "080124.562000", "080124.562000", "080124.562000", "080129.562000", "080129.562000", "080129.562000", "080129.578000", "080134.562000", "080134.562000", "080134.562000", "080134.578000", "080139.562000", "080139.562000", "080139.562000", "080139.578000", "080144.562000", "080144.562000", "080144.562000", "080149.562000", "080149.562000", "080149.562000", "080149.578000", "080154.562000", "080154.562000", "080154.562000", "080154.578000", "080159.562000", "080159.562000", "080159.562000", "080204.562000", "080204.562000", "080204.562000", "080204.578000", "080209.562000", "080209.562000", "080209.578000", "080209.578000", "080214.562000", "080214.562000", "080214.562000", "080219.562000", "080219.562000", "080219.578000", "080219.578000", "080224.562000", "080224.562000", "080224.562000", "080224.578000", "080229.562000", "080229.562000", "080229.578000", "080234.562000", "080234.562000", "080234.562000", "080234.578000", "080239.562000", "080239.562000", "080239.562000", "080239.578000", "080244.562000", "080244.562000", "080244.562000", "080249.562000", "080249.562000", "080249.562000", "080249.578000", "080254.562000", "080254.562000", "080254.562000", "080259.562000", "080259.562000", "080259.562000", "080259.578000", "080304.562000", "080304.562000", "080304.562000", "080309.562000", "080309.562000", "080309.562000", "080309.578000", "080314.562000", "080314.562000", "080314.562000", "080319.562000", "080319.562000", "080319.562000", "080319.578000", "080324.562000", "080324.562000", "080324.562000", "080329.562000", "080329.562000", "080329.562000", "080329.578000", "080334.562000", "080334.562000", "080334.578000", "080339.562000", "080339.578000", "080339.578000", "080339.578000", "080344.562000", "080344.562000", "080344.562000", "080349.562000", "080349.578000", "080349.578000", "080349.578000", "080354.562000", "080354.562000", "080354.578000", "080359.562000", "080359.562000", "080359.578000", "080359.578000", "080404.562000", "080404.562000", "080404.562000", "080409.562000", "080409.562000", "080409.562000", "080409.578000", "080414.562000", "080414.562000", "080414.562000", "080419.562000", "080419.593000", "080419.609000", "080419.609000", "080424.562000", "080424.562000", "080424.562000", "080424.578000", "080429.562000", "080429.562000", "080429.578000", "080429.578000", "080434.562000", "080434.562000", "080434.562000", "080439.562000", "080439.562000", "080439.562000", "080439.578000", "080444.562000", "080444.578000", "080444.578000", "080444.578000", "080449.562000", "080449.562000", "080449.562000", "080454.562000", "080454.562000", "080454.562000", "080454.578000", "080459.562000", "080459.562000", "080459.578000", "080459.578000", "080504.562000", "080504.562000", "080504.578000", "080504.578000", "080509.562000", "080509.562000", "080509.562000", "080514.562000", "080514.562000", "080514.562000", "080514.578000", "080519.562000", "080519.562000", "080519.562000", "080519.578000", "080524.562000", "080524.562000", "080524.562000", "080529.562000", "080529.562000", "080529.562000", "080529.578000", "080534.562000", "080534.562000", "080534.562000", "080539.562000", "080539.562000", "080539.562000", "080539.578000", "080544.562000", "080544.562000", "080544.578000", "080544.578000", "080549.562000", "080549.562000", "080549.562000", "080554.562000", "080554.562000", "080554.562000", "080554.578000", "080559.562000", "080559.562000", "080559.562000", "080559.578000", "080604.562000", "080604.562000", "080604.562000", "080609.562000", "080609.562000", "080609.562000", "080609.578000", "080614.562000", "080614.562000", "080614.562000", "080619.562000", "080619.562000", "080619.562000", "080619.578000", "080624.562000", "080624.562000", "080624.562000", "080624.578000", "080629.562000", "080629.562000", "080629.562000", "080634.562000", "080634.562000", "080634.562000", "080634.578000", "080639.562000", "080639.562000", "080639.562000", "080639.578000", "080644.562000", "080644.562000", "080644.562000", "080649.562000", "080649.562000", "080649.562000", "080649.578000", "080654.562000", "080654.562000", "080654.562000", "080654.578000", "080659.562000", "080659.562000", "080659.562000", "080704.562000", "080704.562000", "080704.562000", "080704.578000", "080709.562000", "080709.562000", "080709.562000", "080709.578000", "080714.562000", "080714.562000", "080714.562000", "080714.578000", "080719.562000", "080719.562000", "080719.562000", "080724.562000", "080724.562000", "080724.562000", "080724.578000", "080729.562000", "080729.562000", "080729.562000", "080729.578000", "080734.562000", "080734.562000", "080734.562000", "080734.578000", "080739.562000", "080739.562000", "080739.562000", "080739.578000", "080744.562000", "080744.562000", "080744.562000", "080744.578000", "080749.562000", "080749.562000", "080749.562000", "080749.578000", "080754.562000", "080754.562000", "080754.562000", "080754.578000", "080759.562000", "080759.562000", "080759.562000", "080759.578000", "080804.562000", "080804.562000", "080804.562000", "080804.578000", "080809.562000", "080809.562000", "080809.562000", "080809.578000", "080814.562000", "080814.562000", "080814.562000", "080814.578000", "080819.562000", "080819.562000", "080819.562000", "080819.578000", "080824.562000", "080824.562000", "080824.562000", "080824.578000", "080829.562000", "080829.562000", "080829.562000", "080829.578000", "080834.562000", "080834.562000", "080834.562000", "080834.578000", "080839.562000", "080839.562000", "080839.562000", "080839.578000", "080844.562000", "080844.562000", "080844.562000", "080844.578000", "080849.562000", "080849.562000", "080849.562000", "080849.578000", "080854.562000", "080854.562000", "080854.562000", "080854.578000", "080859.562000", "080859.562000", "080859.562000", "080904.562000", "080904.562000", "080904.562000", "080904.578000", "080909.562000", "080909.562000", "080909.562000", "080909.578000", "080914.562000", "080914.562000", "080914.562000", "080914.578000", "080919.562000", "080919.562000", "080919.562000", "080919.578000", "080919.578000", "080920.484000"], "InstanceCreationTime": ["075745.609000", "075754.562000", "075754.562000", "075754.562000", "075754.578000", "075754.578000", "075754.578000", "075754.578000", "075759.562000", "075759.562000", "075759.562000", "075759.578000", "075804.562000", "075804.578000", "075804.578000", "075804.578000", "075809.562000", "075809.562000", "075809.562000", "075814.562000", "075814.578000", "075814.578000", "075814.578000", "075819.562000", "075819.562000", "075819.562000", "075819.578000", "075824.562000", "075824.562000", "075824.578000", "075829.562000", "075829.578000", "075829.578000", "075829.578000", "075834.562000", "075834.562000", "075834.562000", "075834.578000", "075839.562000", "075839.562000", "075839.562000", "075839.578000", "075844.562000", "075844.578000", "075844.578000", "075849.562000", "075849.562000", "075849.562000", "075849.578000", "075854.562000", "075854.562000", "075854.562000", "075859.562000", "075859.562000", "075859.562000", "075859.578000", "075904.562000", "075904.562000", "075904.562000", "075904.578000", "075909.578000", "075909.578000", "075909.578000", "075909.578000", "075914.562000", "075914.562000", "075914.562000", "075919.562000", "075919.562000", "075919.562000", "075919.578000", "075924.562000", "075924.578000", "075924.578000", "075924.578000", "075929.562000", "075929.562000", "075929.562000", "075934.562000", "075934.562000", "075934.562000", "075934.578000", "075939.562000", "075939.562000", "075939.562000", "075939.578000", "075944.562000", "075944.562000", "075944.562000", "075944.578000", "075949.562000", "075949.562000", "075949.562000", "075949.578000", "075954.562000", "075954.562000", "075954.562000", "075954.578000", "075959.562000", "075959.562000", "075959.562000", "080004.562000", "080004.562000", "080004.562000", "080004.578000", "080009.562000", "080009.562000", "080009.562000", "080014.562000", "080014.578000", "080014.578000", "080014.578000", "080019.562000", "080019.562000", "080019.562000", "080024.562000", "080024.562000", "080024.562000", "080024.578000", "080029.562000", "080029.562000", "080029.562000", "080029.578000", "080034.562000", "080034.562000", "080034.562000", "080034.578000", "080039.562000", "080039.562000", "080039.562000", "080039.578000", "080044.562000", "080044.562000", "080044.562000", "080049.562000", "080049.562000", "080049.562000", "080049.578000", "080054.562000", "080054.562000", "080054.562000", "080054.578000", "080059.562000", "080059.562000", "080059.562000", "080104.562000", "080104.562000", "080104.562000", "080104.578000", "080109.562000", "080109.562000", "080109.562000", "080114.562000", "080114.562000", "080114.562000", "080114.578000", "080119.562000", "080119.562000", "080119.562000", "080119.578000", "080124.562000", "080124.562000", "080124.562000", "080129.562000", "080129.562000", "080129.562000", "080129.578000", "080134.562000", "080134.562000", "080134.562000", "080134.578000", "080139.562000", "080139.562000", "080139.562000", "080139.578000", "080144.562000", "080144.562000", "080144.562000", "080149.562000", "080149.562000", "080149.562000", "080149.578000", "080154.562000", "080154.562000", "080154.562000", "080154.578000", "080159.562000", "080159.562000", "080159.562000", "080204.562000", "080204.562000", "080204.562000", "080204.578000", "080209.562000", "080209.562000", "080209.578000", "080209.578000", "080214.562000", "080214.562000", "080214.562000", "080219.562000", "080219.562000", "080219.578000", "080219.578000", "080224.562000", "080224.562000", "080224.562000", "080224.578000", "080229.562000", "080229.562000", "080229.578000", "080234.562000", "080234.562000", "080234.562000", "080234.578000", "080239.562000", "080239.562000", "080239.562000", "080239.578000", "080244.562000", "080244.562000", "080244.562000", "080249.562000", "080249.562000", "080249.562000", "080249.578000", "080254.562000", "080254.562000", "080254.562000", "080259.562000", "080259.562000", "080259.562000", "080259.578000", "080304.562000", "080304.562000", "080304.562000", "080309.562000", "080309.562000", "080309.562000", "080309.578000", "080314.562000", "080314.562000", "080314.562000", "080319.562000", "080319.562000", "080319.562000", "080319.578000", "080324.562000", "080324.562000", "080324.562000", "080329.562000", "080329.562000", "080329.562000", "080329.578000", "080334.562000", "080334.562000", "080334.578000", "080339.562000", "080339.578000", "080339.578000", "080339.578000", "080344.562000", "080344.562000", "080344.562000", "080349.562000", "080349.578000", "080349.578000", "080349.578000", "080354.562000", "080354.562000", "080354.578000", "080359.562000", "080359.562000", "080359.578000", "080359.578000", "080404.562000", "080404.562000", "080404.562000", "080409.562000", "080409.562000", "080409.562000", "080409.578000", "080414.562000", "080414.562000", "080414.562000", "080419.562000", "080419.593000", "080419.609000", "080419.609000", "080424.562000", "080424.562000", "080424.562000", "080424.578000", "080429.562000", "080429.562000", "080429.578000", "080429.578000", "080434.562000", "080434.562000", "080434.562000", "080439.562000", "080439.562000", "080439.562000", "080439.578000", "080444.562000", "080444.578000", "080444.578000", "080444.578000", "080449.562000", "080449.562000", "080449.562000", "080454.562000", "080454.562000", "080454.562000", "080454.578000", "080459.562000", "080459.562000", "080459.578000", "080459.578000", "080504.562000", "080504.562000", "080504.578000", "080504.578000", "080509.562000", "080509.562000", "080509.562000", "080514.562000", "080514.562000", "080514.562000", "080514.578000", "080519.562000", "080519.562000", "080519.562000", "080519.578000", "080524.562000", "080524.562000", "080524.562000", "080529.562000", "080529.562000", "080529.562000", "080529.578000", "080534.562000", "080534.562000", "080534.562000", "080539.562000", "080539.562000", "080539.562000", "080539.578000", "080544.562000", "080544.562000", "080544.578000", "080544.578000", "080549.562000", "080549.562000", "080549.562000", "080554.562000", "080554.562000", "080554.562000", "080554.578000", "080559.562000", "080559.562000", "080559.562000", "080559.578000", "080604.562000", "080604.562000", "080604.562000", "080609.562000", "080609.562000", "080609.562000", "080609.578000", "080614.562000", "080614.562000", "080614.562000", "080619.562000", "080619.562000", "080619.562000", "080619.578000", "080624.562000", "080624.562000", "080624.562000", "080624.578000", "080629.562000", "080629.562000", "080629.562000", "080634.562000", "080634.562000", "080634.562000", "080634.578000", "080639.562000", "080639.562000", "080639.562000", "080639.578000", "080644.562000", "080644.562000", "080644.562000", "080649.562000", "080649.562000", "080649.562000", "080649.578000", "080654.562000", "080654.562000", "080654.562000", "080654.578000", "080659.562000", "080659.562000", "080659.562000", "080704.562000", "080704.562000", "080704.562000", "080704.578000", "080709.562000", "080709.562000", "080709.562000", "080709.578000", "080714.562000", "080714.562000", "080714.562000", "080714.578000", "080719.562000", "080719.562000", "080719.562000", "080724.562000", "080724.562000", "080724.562000", "080724.578000", "080729.562000", "080729.562000", "080729.562000", "080729.578000", "080734.562000", "080734.562000", "080734.562000", "080734.578000", "080739.562000", "080739.562000", "080739.562000", "080739.578000", "080744.562000", "080744.562000", "080744.562000", "080744.578000", "080749.562000", "080749.562000", "080749.562000", "080749.578000", "080754.562000", "080754.562000", "080754.562000", "080754.578000", "080759.562000", "080759.562000", "080759.562000", "080759.578000", "080804.562000", "080804.562000", "080804.562000", "080804.578000", "080809.562000", "080809.562000", "080809.562000", "080809.578000", "080814.562000", "080814.562000", "080814.562000", "080814.578000", "080819.562000", "080819.562000", "080819.562000", "080819.578000", "080824.562000", "080824.562000", "080824.562000", "080824.578000", "080829.562000", "080829.562000", "080829.562000", "080829.578000", "080834.562000", "080834.562000", "080834.562000", "080834.578000", "080839.562000", "080839.562000", "080839.562000", "080839.578000", "080844.562000", "080844.562000", "080844.562000", "080844.578000", "080849.562000", "080849.562000", "080849.562000", "080849.578000", "080854.562000", "080854.562000", "080854.562000", "080854.578000", "080859.562000", "080859.562000", "080859.562000", "080904.562000", "080904.562000", "080904.562000", "080904.578000", "080909.562000", "080909.562000", "080909.562000", "080909.578000", "080914.562000", "080914.562000", "080914.562000", "080914.578000", "080919.562000", "080919.562000", "080919.562000", "080919.578000", "080919.578000", "080920.484000"], "InstanceNumber": [1, 2, 3, 4, 5, 6, 7, 8, 9, 10, 11, 12, 13, 14, 15, 16, 17, 18, 19, 20, 21, 22, 23, 24, 25, 26, 27, 28, 29, 30, 31, 32, 33, 34, 35, 36, 37, 38, 39, 40, 41, 42, 43, 44, 45, 46, 47, 48, 49, 50, 51, 52, 53, 54, 55, 56, 57, 58, 59, 60, 61, 62, 63, 64, 65, 66, 67, 68, 69, 70, 71, 72, 73, 74, 75, 76, 77, 78, 79, 80, 81, 82, 83, 84, 85, 86, 87, 88, 89, 90, 91, 92, 93, 94, 95, 96, 97, 98, 99, 100, 101, 102, 103, 104, 105, 106, 107, 108, 109, 110, 111, 112, 113, 114, 115, 116, 117, 118, 119, 120, 121, 122, 123, 124, 125, 126, 127, 128, 129, 130, 131, 132, 133, 134, 135, 136, 137, 138, 139, 140, 141, 142, 143, 144, 145, 146, 147, 148, 149, 150, 151, 152, 153, 154, 155, 156, 157, 158, 159, 160, 161, 162, 163, 164, 165, 166, 167, 168, 169, 170, 171, 172, 173, 174, 175, 176, 177, 178, 179, 180, 181, 182, 183, 184, 185, 186, 187, 188, 189, 190, 191, 192, 193, 194, 195, 196, 197, 198, 199, 200, 201, 202, 203, 204, 205, 206, 207, 208, 209, 210, 211, 212, 213, 214, 215, 216, 217, 218, 219, 220, 221, 222, 223, 224, 225, 226, 227, 228, 229, 230, 231, 232, 233, 234, 235, 236, 237, 238, 239, 240, 241, 242, 243, 244, 245, 246, 247, 248, 249, 250, 251, 252, 253, 254, 255, 256, 257, 258, 259, 260, 261, 262, 263, 264, 265, 266, 267, 268, 269, 270, 271, 272, 273, 274, 275, 276, 277, 278, 279, 280, 281, 282, 283, 284, 285, 286, 287, 288, 289, 290, 291, 292, 293, 294, 295, 296, 297, 298, 299, 300, 301, 302, 303, 304, 305, 306, 307, 308, 309, 310, 311, 312, 313, 314, 315, 316, 317, 318, 319, 320, 321, 322, 323, 324, 325, 326, 327, 328, 329, 330, 331, 332, 333, 334, 335, 336, 337, 338, 339, 340, 341, 342, 343, 344, 345, 346, 347, 348, 349, 350, 351, 352, 353, 354, 355, 356, 357, 358, 359, 360, 361, 362, 363, 364, 365, 366, 367, 368, 369, 370, 371, 372, 373, 374, 375, 376, 377, 378, 379, 380, 381, 382, 383, 384, 385, 386, 387, 388, 389, 390, 391, 392, 393, 394, 395, 396, 397, 398, 399, 400, 401, 402, 403, 404, 405, 406, 407, 408, 409, 410, 411, 412, 413, 414, 415, 416, 417, 418, 419, 420, 421, 422, 423, 424, 425, 426, 427, 428, 429, 430, 431, 432, 433, 434, 435, 436, 437, 438, 439, 440, 441, 442, 443, 444, 445, 446, 447, 448, 449, 450, 451, 452, 453, 454, 455, 456, 457, 458, 459, 460, 461, 462, 463, 464, 465, 466, 467, 468, 469, 470, 471, 472, 473, 474, 475, 476, 477, 478, 479, 480, 481, 482, 483, 484, 485, 486, 487, 488, 489, 490, 491, 492, 493, 494, 495, 496, 497, 498, 499, 500, 501, 502, 503, 504, 505, 506, 507, 508, 509, 510, 511, 512, 513, 514, 515, 516, 517, 518], "LargestImagePixelValue": [27972, 26149, 30567, 28359, 25344, 25475, 27580, 25552, 28761, 29031, 25448, 26964, 26148, 27063, 27705, 28233, 26130, 25912, 25584, 27957, 27843, 26822, 25321, 25664, 28791, 27589, 28088, 25880, 25308, 25451, 27279, 26705, 26866, 25295, 25325, 25474, 25263, 26868, 25413, 25770, 27845, 27203, 25394, 25310, 25328, 25374, 25254, 25310, 25501, 27863, 25672, 28424, 28888, 27987, 27596, 25308, 28432, 28574, 25700, 28165, 29000, 27156, 25904, 25302, 25622, 26037, 25217, 26626, 29088, 26781, 26876, 26261, 25410, 25578, 27356, 25409, 25287, 25640, 25431, 28887, 26824, 26429, 25387, 25265, 27393, 25997, 25531, 26349, 28385, 26248, 25428, 25209, 25313, 28266, 25490, 25474, 30411, 28285, 26736, 25338, 25242, 25260, 25592, 26111, 26374, 27476, 28800, 25778, 25173, 25521, 25507, 26279, 28197, 28290, 27653, 26007, 25415, 28524, 28132, 25399, 26925, 28101, 27294, 27460, 27521, 25027, 25336, 26150, 25270, 25797, 25524, 25787, 26529, 27155, 29168, 27469, 25560, 25145, 25175, 27129, 27148, 25408, 27590, 28677, 25632, 26288, 26573, 25116, 25586, 25276, 25579, 26342, 28756, 25723, 26866, 28738, 26480, 25283, 25240, 25163, 25054, 25526, 27073, 25796, 25675, 29378, 27081, 26249, 25582, 25404, 26436, 25770, 29452, 27053, 25787, 25569, 26212, 27798, 25690, 28065, 27541, 25588, 25467, 26647, 28521, 27145, 26334, 25799, 25496, 25982, 27468, 28978, 26514, 26336, 25472, 25619, 27626, 26086, 27801, 25807, 25947, 25772, 25798, 26525, 25953, 26284, 26026, 26048, 28374, 25851, 25640, 25703, 25580, 27990, 25761, 26262, 28668, 26785, 26141, 26834, 25771, 25766, 25539, 25543, 25993, 25897, 26291, 26617, 28843, 26611, 26125, 26040, 25979, 25860, 25869, 26188, 25853, 26127, 26230, 29219, 26244, 26183, 25867, 26132, 26467, 27822, 27998, 27048, 26043, 29609, 26413, 26455, 27467, 26713, 27150, 26263, 26133, 27794, 28343, 26238, 26250, 28434, 26149, 26849, 27503, 26210, 26098, 28797, 26287, 28072, 27512, 26777, 27029, 26470, 25876, 27659, 27715, 26866, 26659, 27158, 27234, 26560, 26423, 26301, 27157, 26618, 27402, 27780, 27097, 26699, 26245, 27251, 26518, 28401, 28616, 26160, 25941, 28101, 26546, 26594, 29034, 26185, 27179, 27730, 26760, 28823, 28275, 26250, 26151, 27367, 26519, 28780, 26211, 26145, 27810, 26285, 29454, 29048, 28010, 26169, 26124, 26273, 26393, 26181, 27373, 26425, 25933, 27158, 26535, 26444, 27187, 26399, 26106, 26165, 26119, 26396, 26330, 26585, 26737, 26761, 26642, 28359, 27375, 26549, 26311, 26182, 26423, 26276, 26698, 26516, 26642, 28893, 26557, 26424, 26542, 27594, 26084, 26217, 27335, 26129, 26562, 27125, 27246, 26375, 26358, 26069, 26218, 26162, 27689, 26288, 26350, 26605, 26541, 28946, 26736, 26486, 26284, 26390, 26381, 26221, 26433, 26643, 27708, 27942, 26647, 26261, 26488, 27118, 26648, 27247, 27923, 26719, 26755, 26693, 26448, 27318, 26595, 26393, 26483, 26472, 26355, 26675, 28399, 26776, 26439, 26551, 26473, 26233, 27472, 26621, 26514, 29009, 28564, 28054, 26261, 26309, 26345, 26416, 26702, 26863, 29167, 26657, 26489, 26559, 26572, 26654, 26345, 26454, 26935, 26501, 26681, 27014, 27280, 26707, 26517, 26719, 26902, 26906, 26991, 26862, 26809, 26926, 26922, 26730, 27131, 28043, 26535, 26926, 26779, 26529, 26521, 26506, 26223, 26702, 26779, 26371, 26851, 26894, 27830, 26779, 27011, 26650, 26574, 27021, 27038, 27456, 27212, 26697, 26752, 26738, 26638, 27557, 27165, 27882, 29034, 26893, 26943, 26827, 26822, 26945, 28039, 27628, 27526, 26759, 26752, 26811, 26868, 27333, 27332, 27574, 27076, 26987, 26813, 26825, 27074, 26845, 27383, 28531, 27565, 27022, 26957, 26810, 26951, 26929, 28336, 26899, 26994, 27133, 27066, 26998, 26879, 26973, 27083, 27036, 26662, 26766, 26961, 27020], "WindowCenter": [10208.0, 10199.0, 10208.0, 10207.0, 10194.0, 10173.0, 10195.0, 10181.0, 10206.0, 10214.0, 10179.0, 10200.0, 10166.0, 10187.0, 10190.0, 10171.0, 10173.0, 10182.0, 10172.0, 10184.0, 10176.0, 10174.0, 10170.0, 10164.0, 10188.0, 10179.0, 10163.0, 10140.0, 10139.0, 10142.0, 10156.0, 10178.0, 10158.0, 10165.0, 10174.0, 10177.0, 10178.0, 10165.0, 10184.0, 10195.0, 10208.0, 10190.0, 10169.0, 10184.0, 10158.0, 10164.0, 10171.0, 10177.0, 10182.0, 10188.0, 10174.0, 10165.0, 10158.0, 10163.0, 10157.0, 10160.0, 10187.0, 10200.0, 10186.0, 10162.0, 10165.0, 10161.0, 10149.0, 10165.0, 10181.0, 10177.0, 10172.0, 10180.0, 10170.0, 10158.0, 10153.0, 10142.0, 10155.0, 10158.0, 10149.0, 10151.0, 10157.0, 10147.0, 10163.0, 10157.0, 10171.0, 10188.0, 10157.0, 10172.0, 10178.0, 10179.0, 10181.0, 10177.0, 10202.0, 10191.0, 10166.0, 10166.0, 10147.0, 10170.0, 10168.0, 10158.0, 10197.0, 10191.0, 10186.0, 10153.0, 10150.0, 10149.0, 10164.0, 10163.0, 10162.0, 10170.0, 10179.0, 10164.0, 10159.0, 10182.0, 10174.0, 10167.0, 10167.0, 10172.0, 10167.0, 10169.0, 10165.0, 10176.0, 10182.0, 10164.0, 10145.0, 10160.0, 10157.0, 10161.0, 10158.0, 10152.0, 10155.0, 10160.0, 10158.0, 10162.0, 10163.0, 10162.0, 10157.0, 10168.0, 10170.0, 10165.0, 10159.0, 10150.0, 10167.0, 10173.0, 10172.0, 10149.0, 10178.0, 10170.0, 10163.0, 10162.0, 10135.0, 10146.0, 10142.0, 10154.0, 10160.0, 10154.0, 10163.0, 10134.0, 10147.0, 10153.0, 10160.0, 10151.0, 10150.0, 10128.0, 10139.0, 10142.0, 10141.0, 10149.0, 10159.0, 10156.0, 10151.0, 10149.0, 10143.0, 10146.0, 10136.0, 10142.0, 10153.0, 10139.0, 10145.0, 10134.0, 10146.0, 10150.0, 10141.0, 10155.0, 10149.0, 10146.0, 10146.0, 10160.0, 10161.0, 10133.0, 10132.0, 10157.0, 10157.0, 10160.0, 10169.0, 10167.0, 10146.0, 10156.0, 10144.0, 10143.0, 10161.0, 10172.0, 10189.0, 10186.0, 10162.0, 10160.0, 10134.0, 10165.0, 10155.0, 10156.0, 10147.0, 10132.0, 10174.0, 10154.0, 10163.0, 10163.0, 10144.0, 10143.0, 10136.0, 10145.0, 10144.0, 10133.0, 10128.0, 10138.0, 10142.0, 10139.0, 10138.0, 10145.0, 10154.0, 10148.0, 10142.0, 10132.0, 10157.0, 10160.0, 10151.0, 10156.0, 10150.0, 10162.0, 10161.0, 10164.0, 10159.0, 10151.0, 10141.0, 10159.0, 10167.0, 10160.0, 10157.0, 10167.0, 10168.0, 10171.0, 10159.0, 10163.0, 10144.0, 10156.0, 10152.0, 10158.0, 10148.0, 10151.0, 10138.0, 10144.0, 10144.0, 10142.0, 10134.0, 10129.0, 10130.0, 10146.0, 10142.0, 10157.0, 10172.0, 10161.0, 10168.0, 10190.0, 10162.0, 10152.0, 10160.0, 10140.0, 10141.0, 10151.0, 10135.0, 10161.0, 10167.0, 10151.0, 10149.0, 10144.0, 10161.0, 10158.0, 10166.0, 10175.0, 10168.0, 10185.0, 10171.0, 10140.0, 10143.0, 10132.0, 10133.0, 10164.0, 10141.0, 10149.0, 10150.0, 10135.0, 10136.0, 10156.0, 10146.0, 10154.0, 10153.0, 10150.0, 10172.0, 10166.0, 10165.0, 10162.0, 10158.0, 10156.0, 10136.0, 10143.0, 10145.0, 10148.0, 10164.0, 10154.0, 10148.0, 10145.0, 10142.0, 10137.0, 10134.0, 10105.0, 10107.0, 10112.0, 10111.0, 10110.0, 10136.0, 10102.0, 10126.0, 10135.0, 10153.0, 10150.0, 10170.0, 10161.0, 10168.0, 10137.0, 10162.0, 10151.0, 10159.0, 10159.0, 10153.0, 10134.0, 10139.0, 10154.0, 10157.0, 10149.0, 10156.0, 10140.0, 10144.0, 10143.0, 10157.0, 10147.0, 10151.0, 10168.0, 10156.0, 10142.0, 10154.0, 10146.0, 10134.0, 10128.0, 10148.0, 10134.0, 10160.0, 10151.0, 10158.0, 10162.0, 10159.0, 10145.0, 10133.0, 10140.0, 10133.0, 10135.0, 10122.0, 10124.0, 10121.0, 10141.0, 10112.0, 10140.0, 10144.0, 10150.0, 10133.0, 10132.0, 10137.0, 10142.0, 10130.0, 10142.0, 10123.0, 10116.0, 10132.0, 10114.0, 10127.0, 10145.0, 10145.0, 10130.0, 10136.0, 10125.0, 10116.0, 10120.0, 10113.0, 10136.0, 10139.0, 10137.0, 10137.0, 10135.0, 10134.0, 10144.0, 10147.0, 10141.0, 10134.0, 10124.0, 10111.0, 10116.0, 10115.0, 10114.0, 10114.0, 10088.0, 10079.0, 10100.0, 10108.0, 10102.0, 10108.0, 10134.0, 10141.0, 10149.0, 10136.0, 10143.0, 10143.0, 10159.0, 10149.0, 10144.0, 10147.0, 10139.0, 10148.0, 10155.0, 10159.0, 10151.0, 10144.0, 10131.0, 10148.0, 10135.0, 10136.0, 10138.0, 10151.0, 10159.0, 10142.0, 10147.0, 10137.0, 10138.0, 10118.0, 10125.0, 10094.0, 10110.0, 10090.0, 10093.0, 10100.0, 10110.0, 10115.0, 10111.0, 10108.0, 10105.0, 10098.0, 10110.0, 10135.0, 10115.0, 10127.0, 10135.0, 10141.0, 10175.0, 10168.0, 10142.0, 10142.0, 10123.0, 10120.0, 10133.0, 10124.0, 10131.0, 10130.0, 10135.0, 10117.0, 10123.0, 10126.0, 10128.0, 10137.0, 10134.0, 10136.0, 10144.0, 10136.0, 10135.0, 10124.0, 10129.0, 10143.0, 10150.0, 10164.0, 10154.0, 10152.0, 10148.0, 10151.0, 10147.0, 10153.0, 10138.0, 10165.0, 10156.0, 10146.0, 10158.0, 10163.0, 10136.0, 10151.0, 10136.0, 10128.0, 10122.0, 10110.0, 10119.0, 10119.0, 10135.0, 10129.0, 10129.0, 10116.0, 10125.0, 10127.0, 10106.0], "WindowWidth": [21682.0, 21658.0, 21671.0, 21664.0, 21639.0, 21598.0, 21639.0, 21615.0, 21665.0, 21684.0, 21615.0, 21650.0, 21584.0, 21618.0, 21622.0, 21593.0, 21603.0, 21617.0, 21595.0, 21614.0, 21599.0, 21591.0, 21583.0, 21577.0, 21620.0, 21595.0, 21561.0, 21515.0, 21515.0, 21523.0, 21553.0, 21597.0, 21562.0, 21574.0, 21590.0, 21597.0, 21601.0, 21583.0, 21622.0, 21649.0, 21671.0, 21635.0, 21588.0, 21609.0, 21559.0, 21571.0, 21587.0, 21599.0, 21614.0, 21627.0, 21593.0, 21571.0, 21555.0, 21562.0, 21553.0, 21566.0, 21624.0, 21646.0, 21611.0, 21563.0, 21567.0, 21556.0, 21534.0, 21570.0, 21607.0, 21599.0, 21585.0, 21598.0, 21579.0, 21551.0, 21539.0, 21520.0, 21543.0, 21554.0, 21542.0, 21542.0, 21551.0, 21532.0, 21561.0, 21556.0, 21588.0, 21620.0, 21563.0, 21587.0, 21604.0, 21602.0, 21607.0, 21602.0, 21653.0, 21628.0, 21576.0, 21567.0, 21532.0, 21578.0, 21574.0, 21567.0, 21640.0, 21627.0, 21613.0, 21547.0, 21539.0, 21537.0, 21572.0, 21570.0, 21566.0, 21580.0, 21595.0, 21565.0, 21558.0, 21607.0, 21594.0, 21581.0, 21577.0, 21581.0, 21571.0, 21576.0, 21568.0, 21591.0, 21602.0, 21564.0, 21529.0, 21557.0, 21549.0, 21560.0, 21550.0, 21540.0, 21548.0, 21556.0, 21554.0, 21567.0, 21565.0, 21564.0, 21551.0, 21569.0, 21571.0, 21572.0, 21562.0, 21542.0, 21573.0, 21582.0, 21577.0, 21537.0, 21601.0, 21586.0, 21568.0, 21557.0, 21506.0, 21520.0, 21517.0, 21543.0, 21555.0, 21543.0, 21557.0, 21498.0, 21525.0, 21537.0, 21553.0, 21536.0, 21530.0, 21489.0, 21508.0, 21516.0, 21515.0, 21529.0, 21546.0, 21545.0, 21536.0, 21533.0, 21525.0, 21529.0, 21510.0, 21512.0, 21533.0, 21510.0, 21520.0, 21501.0, 21525.0, 21534.0, 21512.0, 21535.0, 21524.0, 21528.0, 21528.0, 21551.0, 21553.0, 21500.0, 21500.0, 21553.0, 21554.0, 21560.0, 21571.0, 21563.0, 21521.0, 21540.0, 21518.0, 21516.0, 21556.0, 21590.0, 21624.0, 21613.0, 21565.0, 21555.0, 21512.0, 21565.0, 21547.0, 21548.0, 21530.0, 21504.0, 21579.0, 21544.0, 21558.0, 21556.0, 21519.0, 21516.0, 21500.0, 21512.0, 21512.0, 21491.0, 21487.0, 21503.0, 21510.0, 21504.0, 21505.0, 21521.0, 21541.0, 21529.0, 21515.0, 21498.0, 21543.0, 21549.0, 21543.0, 21549.0, 21535.0, 21557.0, 21558.0, 21564.0, 21552.0, 21534.0, 21513.0, 21549.0, 21565.0, 21557.0, 21552.0, 21571.0, 21572.0, 21572.0, 21550.0, 21558.0, 21523.0, 21546.0, 21540.0, 21547.0, 21530.0, 21532.0, 21511.0, 21517.0, 21511.0, 21505.0, 21487.0, 21478.0, 21489.0, 21514.0, 21510.0, 21542.0, 21574.0, 21554.0, 21567.0, 21614.0, 21561.0, 21540.0, 21551.0, 21511.0, 21512.0, 21529.0, 21502.0, 21552.0, 21566.0, 21536.0, 21536.0, 21520.0, 21551.0, 21549.0, 21567.0, 21591.0, 21576.0, 21603.0, 21573.0, 21512.0, 21518.0, 21499.0, 21499.0, 21556.0, 21513.0, 21531.0, 21527.0, 21495.0, 21498.0, 21539.0, 21519.0, 21539.0, 21538.0, 21534.0, 21579.0, 21567.0, 21568.0, 21556.0, 21549.0, 21544.0, 21501.0, 21518.0, 21520.0, 21528.0, 21559.0, 21540.0, 21529.0, 21519.0, 21509.0, 21497.0, 21485.0, 21429.0, 21433.0, 21445.0, 21449.0, 21440.0, 21488.0, 21430.0, 21471.0, 21489.0, 21536.0, 21530.0, 21572.0, 21559.0, 21567.0, 21508.0, 21552.0, 21537.0, 21552.0, 21550.0, 21536.0, 21501.0, 21504.0, 21533.0, 21545.0, 21529.0, 21541.0, 21512.0, 21519.0, 21519.0, 21548.0, 21526.0, 21530.0, 21563.0, 21541.0, 21519.0, 21537.0, 21516.0, 21493.0, 21483.0, 21518.0, 21493.0, 21552.0, 21538.0, 21552.0, 21558.0, 21546.0, 21514.0, 21490.0, 21506.0, 21494.0, 21491.0, 21464.0, 21464.0, 21459.0, 21499.0, 21454.0, 21504.0, 21512.0, 21521.0, 21489.0, 21486.0, 21498.0, 21509.0, 21490.0, 21505.0, 21467.0, 21455.0, 21481.0, 21450.0, 21475.0, 21512.0, 21513.0, 21480.0, 21488.0, 21467.0, 21449.0, 21454.0, 21452.0, 21496.0, 21504.0, 21501.0, 21496.0, 21492.0, 21494.0, 21509.0, 21513.0, 21501.0, 21485.0, 21465.0, 21442.0, 21448.0, 21442.0, 21438.0, 21440.0, 21387.0, 21369.0, 21408.0, 21430.0, 21423.0, 21438.0, 21487.0, 21501.0, 21520.0, 21497.0, 21510.0, 21516.0, 21552.0, 21525.0, 21517.0, 21522.0, 21505.0, 21521.0, 21540.0, 21544.0, 21528.0, 21512.0, 21484.0, 21517.0, 21494.0, 21493.0, 21502.0, 21532.0, 21547.0, 21515.0, 21521.0, 21502.0, 21494.0, 21452.0, 21463.0, 21405.0, 21428.0, 21392.0, 21397.0, 21412.0, 21433.0, 21441.0, 21433.0, 21427.0, 21422.0, 21411.0, 21442.0, 21490.0, 21455.0, 21477.0, 21497.0, 21511.0, 21578.0, 21565.0, 21510.0, 21503.0, 21467.0, 21457.0, 21480.0, 21464.0, 21485.0, 21480.0, 21487.0, 21453.0, 21463.0, 21469.0, 21473.0, 21490.0, 21489.0, 21504.0, 21510.0, 21492.0, 21490.0, 21467.0, 21476.0, 21512.0, 21525.0, 21553.0, 21534.0, 21533.0, 21530.0, 21530.0, 21521.0, 21529.0, 21504.0, 21562.0, 21544.0, 21525.0, 21549.0, 21554.0, 21508.0, 21526.0, 21495.0, 21475.0, 21462.0, 21436.0, 21454.0, 21454.0, 21488.0, 21477.0, 21477.0, 21450.0, 21465.0, 21470.0, 21431.0]}, "slices": {}}}