{"AcquisitionMatrixPE": 256, "AcquisitionNumber": 1, "AcquisitionTime": "07:50:2.175000", "BaseResolution": 256, "BodyPartExamined": "BRAIN", "ConsistencyInfo": "N4_VD11D_LATEST_20110129", "ConversionSoftware": "dcm2niix", "ConversionSoftwareVersion": "v1.0.20210317", "DeviceSerialNumber": "45239", "DwellTime": 1.09e-05, "EchoTime": 0.00249, "FlipAngle": 9, "ImageOrientationPatientDICOM": [0, 1, 0, 0, 0, -1], "ImageType": ["ORIGINAL", "PRIMARY", "M", "ND", "NORM"], "ImagingFrequency": 123.194, "InPlanePhaseEncodingDirectionDICOM": "ROW", "InstitutionAddress": "E 24th St. 100,Austin,Southmiddle,US,78712", "InstitutionName": "Univ of Texas at Austin", "InstitutionalDepartmentName": "IRC", "InversionTime": 0.9, "MRAcquisitionType": "3D", "MagneticFieldStrength": 3, "Manufacturer": "Siemens", "ManufacturersModelName": "Skyra", "Modality": "MR", "ParallelReductionFactorInPlane": 2, "PartialFourier": 1, "PatientPosition": "HFS", "PercentPhaseFOV": 100, "PercentSampling": 100, "PhaseEncodingSteps": 255, "PhaseResolution": 1, "PixelBandwidth": 180, "ProcedureStepDescription": "Poldrack2^self-scanning", "ProtocolName": "MPRAGE", "PulseSequenceDetails": "%SiemensSeq%\\tfl", "ReceiveCoilActiveElements": "HEA;HEP", "ReceiveCoilName": "Head_32", "ReconMatrixPE": 256, "RefLinesPE": 24, "RepetitionTime": 1.9, "SAR": 0.105229, "ScanOptions": "IR", "ScanningSequence": "GR\\IR", "SequenceName": "*tfl3d1_16ns", "SequenceVariant": "SK\\SP\\MP", "SeriesDescription": "MPRAGE", "SeriesNumber": 10, "ShimSetting": [-2778, 8011, -15926, -121, -142, -90, -19, -21], "SliceThickness": 0.9, "SoftwareVersions": "syngo MR D11", "StationName": "AWP45239", "TxRefAmp": 348.876, "dcmmeta_affine": [[0.9000000357627869, 0.0, 0.0, -84.74518585205078], [0.0, 0.9375, 0.0, -120.7267837524414], [0.0, 0.0, 0.9375, -114.21988677978516], [0.0, 0.0, 0.0, 1.0]], "dcmmeta_reorient_transform": [[0.0, 0.0, -1.0, 255.0], [0.0, -1.0, 0.0, 255.0], [-1.0, 0.0, 0.0, 191.0], [0.0, 0.0, 0.0, 1.0]], "dcmmeta_shape": [192, 256, 256], "dcmmeta_slice_dim": 0, "dcmmeta_version": 0.6, "global": {"const": {"AcquisitionMatrix": [0, 256, 256, 0], "AcquisitionNumber": 1, "AcquisitionTime": "075002.175000", "AngioFlag": "N", "BitsAllocated": 16, "BitsStored": 12, "BodyPartExamined": "BRAIN", "Columns": 256, "EchoNumbers": 1, "EchoTime": 2.49, "EchoTrainLength": 1, "FlipAngle": 9.0, "HighBit": 11, "ImageOrientationPatient": [0.0, 1.0, 0.0, 0.0, 0.0, -1.0], "ImageType": ["ORIGINAL", "PRIMARY", "M", "ND", "NORM"], "ImagedNucleus": "1H", "ImagingFrequency": 123.193521, "InPlanePhaseEncodingDirection": "ROW", "InversionTime": 900.0, "MRAcquisitionType": "3D", "MagneticFieldStrength": 3.0, "Manufacturer": "SIEMENS", "ManufacturerModelName": "Skyra", "Modality": "MR", "NumberOfAverages": 1.0, "NumberOfPhaseEncodingSteps": 255, "PercentPhaseFieldOfView": 100.0, "PercentSampling": 100.0, "PerformedProcedureStepStartTime": "070831.484000", "PhotometricInterpretation": "MONOCHROME2", "PixelBandwidth": 180.0, "PixelRepresentation": 0, "PixelSpacing": [0.9375, 0.9375], "ProtocolName": "MPRAGE", "RepetitionTime": 1900.0, "Rows": 256, "SAR": 0.10522926724894, "SamplesPerPixel": 1, "ScanOptions": "IR", "ScanningSequence": ["GR", "IR"], "SequenceName": "*tfl3d1_16ns", "SequenceVariant": ["SK", "SP", "MP"], "SeriesDescription": "MPRAGE", "SeriesNumber": 10, "SeriesTime": "075433.484000", "SliceThickness": 0.90000003576279, "SmallestImagePixelValue": 0, "SoftwareVersions": "syngo MR D11", "SpecificCharacterSet": "ISO_IR 100", "StudyID": "1", "StudyTime": "070831.359000", "TransmitCoilName": "Body", "VariableFlipAngleFlag": "N", "WindowCenterWidthExplanation": "Algo1", "dBdt": 0.0}, "slices": {"ContentTime": ["075434.000000", "075434.000000", "075433.953000", "075433.953000", "075433.921000", "075433.921000", "075433.921000", "075433.921000", "075433.921000", "075433.906000", "075433.906000", "075433.906000", "075433.906000", "075433.906000", "075433.890000", "075433.890000", "075433.890000", "075433.890000", "075433.875000", "075433.875000", "075433.875000", "075433.859000", "075433.859000", "075433.859000", "075433.859000", "075433.859000", "075433.859000", "075433.859000", "075433.859000", "075433.859000", "075433.843000", "075433.843000", "075433.843000", "075433.843000", "075433.843000", "075433.843000", "075433.828000", "075433.828000", "075433.828000", "075433.828000", "075433.828000", "075433.828000", "075433.812000", "075433.812000", "075433.812000", "075433.812000", "075433.812000", "075433.812000", "075433.812000", "075433.812000", "075433.796000", "075433.796000", "075433.796000", "075433.796000", "075433.796000", "075433.796000", "075433.796000", "075433.796000", "075433.781000", "075433.781000", "075433.781000", "075433.781000", "075433.781000", "075433.781000", "075433.781000", "075433.781000", "075433.781000", "075433.765000", "075433.765000", "075433.765000", "075433.765000", "075433.765000", "075433.765000", "075433.765000", "075433.765000", "075433.750000", "075433.750000", "075433.750000", "075433.750000", "075433.750000", "075433.750000", "075433.750000", "075433.750000", "075433.734000", "075433.734000", "075433.734000", "075433.734000", "075433.734000", "075433.734000", "075433.734000", "075433.734000", "075433.734000", "075433.718000", "075433.718000", "075433.718000", "075433.718000", "075433.718000", "075433.718000", "075433.718000", "075433.718000", "075433.703000", "075433.703000", "075433.703000", "075433.703000", "075433.703000", "075433.703000", "075433.703000", "075433.703000", "075433.703000", "075433.687000", "075433.687000", "075433.687000", "075433.687000", "075433.687000", "075433.671000", "075433.671000", "075433.671000", "075433.671000", "075433.656000", "075433.656000", "075433.656000", "075433.656000", "075433.656000", "075433.656000", "075433.656000", "075433.656000", "075433.640000", "075433.640000", "075433.640000", "075433.640000", "075433.640000", "075433.640000", "075433.625000", "075433.625000", "075433.625000", "075433.625000", "075433.625000", "075433.625000", "075433.625000", "075433.625000", "075433.625000", "075433.609000", "075433.609000", "075433.609000", "075433.609000", "075433.609000", "075433.609000", "075433.609000", "075433.593000", "075433.593000", "075433.593000", "075433.593000", "075433.593000", "075433.578000", "075433.578000", "075433.578000", "075433.562000", "075433.562000", "075433.562000", "075433.562000", "075433.562000", "075433.562000", "075433.562000", "075433.562000", "075433.546000", "075433.546000", "075433.546000", "075433.546000", "075433.546000", "075433.546000", "075433.546000", "075433.546000", "075433.546000", "075433.531000", "075433.531000", "075433.531000", "075433.531000", "075433.531000", "075433.531000", "075433.531000", "075433.531000", "075433.515000", "075433.515000", "075433.515000", "075433.515000", "075433.515000", "075433.515000", "075433.500000", "075433.500000", "075433.500000", "075433.500000", "075433.484000"], "CsaImage.Actual3DImaPartNumber": [191, 190, 189, 188, 187, 186, 185, 184, 183, 182, 181, 180, 179, 178, 177, 176, 175, 174, 173, 172, 171, 170, 169, 168, 167, 166, 165, 164, 163, 162, 161, 160, 159, 158, 157, 156, 155, 154, 153, 152, 151, 150, 149, 148, 147, 146, 145, 144, 143, 142, 141, 140, 139, 138, 137, 136, 135, 134, 133, 132, 131, 130, 129, 128, 127, 126, 125, 124, 123, 122, 121, 120, 119, 118, 117, 116, 115, 114, 113, 112, 111, 110, 109, 108, 107, 106, 105, 104, 103, 102, 101, 100, 99, 98, 97, 96, 95, 94, 93, 92, 91, 90, 89, 88, 87, 86, 85, 84, 83, 82, 81, 80, 79, 78, 77, 76, 75, 74, 73, 72, 71, 70, 69, 68, 67, 66, 65, 64, 63, 62, 61, 60, 59, 58, 57, 56, 55, 54, 53, 52, 51, 50, 49, 48, 47, 46, 45, 44, 43, 42, 41, 40, 39, 38, 37, 36, 35, 34, 33, 32, 31, 30, 29, 28, 27, 26, 25, 24, 23, 22, 21, 20, 19, 18, 17, 16, 15, 14, 13, 12, 11, 10, 9, 8, 7, 6, 5, 4, 3, 2, 1, 0], "CsaImage.ICE_Dims": ["X_1_1_1_1_1_192_1_1_1_1_1_35", "X_1_1_1_1_1_191_1_1_1_1_1_35", "X_1_1_1_1_1_190_1_1_1_1_1_35", "X_1_1_1_1_1_189_1_1_1_1_1_35", "X_1_1_1_1_1_188_1_1_1_1_1_35", "X_1_1_1_1_1_187_1_1_1_1_1_35", "X_1_1_1_1_1_186_1_1_1_1_1_35", "X_1_1_1_1_1_185_1_1_1_1_1_35", "X_1_1_1_1_1_184_1_1_1_1_1_35", "X_1_1_1_1_1_183_1_1_1_1_1_35", "X_1_1_1_1_1_182_1_1_1_1_1_35", "X_1_1_1_1_1_181_1_1_1_1_1_35", "X_1_1_1_1_1_180_1_1_1_1_1_35", "X_1_1_1_1_1_179_1_1_1_1_1_35", "X_1_1_1_1_1_178_1_1_1_1_1_35", "X_1_1_1_1_1_177_1_1_1_1_1_35", "X_1_1_1_1_1_176_1_1_1_1_1_35", "X_1_1_1_1_1_175_1_1_1_1_1_35", "X_1_1_1_1_1_174_1_1_1_1_1_35", "X_1_1_1_1_1_173_1_1_1_1_1_35", "X_1_1_1_1_1_172_1_1_1_1_1_35", "X_1_1_1_1_1_171_1_1_1_1_1_35", "X_1_1_1_1_1_170_1_1_1_1_1_35", "X_1_1_1_1_1_169_1_1_1_1_1_35", "X_1_1_1_1_1_168_1_1_1_1_1_35", "X_1_1_1_1_1_167_1_1_1_1_1_35", "X_1_1_1_1_1_166_1_1_1_1_1_35", "X_1_1_1_1_1_165_1_1_1_1_1_35", "X_1_1_1_1_1_164_1_1_1_1_1_35", "X_1_1_1_1_1_163_1_1_1_1_1_35", "X_1_1_1_1_1_162_1_1_1_1_1_35", "X_1_1_1_1_1_161_1_1_1_1_1_35", "X_1_1_1_1_1_160_1_1_1_1_1_35", "X_1_1_1_1_1_159_1_1_1_1_1_35", "X_1_1_1_1_1_158_1_1_1_1_1_35", "X_1_1_1_1_1_157_1_1_1_1_1_35", "X_1_1_1_1_1_156_1_1_1_1_1_35", "X_1_1_1_1_1_155_1_1_1_1_1_35", "X_1_1_1_1_1_154_1_1_1_1_1_35", "X_1_1_1_1_1_153_1_1_1_1_1_35", "X_1_1_1_1_1_152_1_1_1_1_1_35", "X_1_1_1_1_1_151_1_1_1_1_1_35", "X_1_1_1_1_1_150_1_1_1_1_1_35", "X_1_1_1_1_1_149_1_1_1_1_1_35", "X_1_1_1_1_1_148_1_1_1_1_1_35", "X_1_1_1_1_1_147_1_1_1_1_1_35", "X_1_1_1_1_1_146_1_1_1_1_1_35", "X_1_1_1_1_1_145_1_1_1_1_1_35", "X_1_1_1_1_1_144_1_1_1_1_1_35", "X_1_1_1_1_1_143_1_1_1_1_1_35", "X_1_1_1_1_1_142_1_1_1_1_1_35", "X_1_1_1_1_1_141_1_1_1_1_1_35", "X_1_1_1_1_1_140_1_1_1_1_1_35", "X_1_1_1_1_1_139_1_1_1_1_1_35", "X_1_1_1_1_1_138_1_1_1_1_1_35", "X_1_1_1_1_1_137_1_1_1_1_1_35", "X_1_1_1_1_1_136_1_1_1_1_1_35", "X_1_1_1_1_1_135_1_1_1_1_1_35", "X_1_1_1_1_1_134_1_1_1_1_1_35", "X_1_1_1_1_1_133_1_1_1_1_1_35", "X_1_1_1_1_1_132_1_1_1_1_1_35", "X_1_1_1_1_1_131_1_1_1_1_1_35", "X_1_1_1_1_1_130_1_1_1_1_1_35", "X_1_1_1_1_1_129_1_1_1_1_1_35", "X_1_1_1_1_1_128_1_1_1_1_1_35", "X_1_1_1_1_1_127_1_1_1_1_1_35", "X_1_1_1_1_1_126_1_1_1_1_1_35", "X_1_1_1_1_1_125_1_1_1_1_1_35", "X_1_1_1_1_1_124_1_1_1_1_1_35", "X_1_1_1_1_1_123_1_1_1_1_1_35", "X_1_1_1_1_1_122_1_1_1_1_1_35", "X_1_1_1_1_1_121_1_1_1_1_1_35", "X_1_1_1_1_1_120_1_1_1_1_1_35", "X_1_1_1_1_1_119_1_1_1_1_1_35", "X_1_1_1_1_1_118_1_1_1_1_1_35", "X_1_1_1_1_1_117_1_1_1_1_1_35", "X_1_1_1_1_1_116_1_1_1_1_1_35", "X_1_1_1_1_1_115_1_1_1_1_1_35", "X_1_1_1_1_1_114_1_1_1_1_1_35", "X_1_1_1_1_1_113_1_1_1_1_1_35", "X_1_1_1_1_1_112_1_1_1_1_1_35", "X_1_1_1_1_1_111_1_1_1_1_1_35", "X_1_1_1_1_1_110_1_1_1_1_1_35", "X_1_1_1_1_1_109_1_1_1_1_1_35", "X_1_1_1_1_1_108_1_1_1_1_1_35", "X_1_1_1_1_1_107_1_1_1_1_1_35", "X_1_1_1_1_1_106_1_1_1_1_1_35", "X_1_1_1_1_1_105_1_1_1_1_1_35", "X_1_1_1_1_1_104_1_1_1_1_1_35", "X_1_1_1_1_1_103_1_1_1_1_1_35", "X_1_1_1_1_1_102_1_1_1_1_1_35", "X_1_1_1_1_1_101_1_1_1_1_1_35", "X_1_1_1_1_1_100_1_1_1_1_1_35", "X_1_1_1_1_1_99_1_1_1_1_1_35", "X_1_1_1_1_1_98_1_1_1_1_1_35", "X_1_1_1_1_1_97_1_1_1_1_1_35", "X_1_1_1_1_1_96_1_1_1_1_1_35", "X_1_1_1_1_1_95_1_1_1_1_1_35", "X_1_1_1_1_1_94_1_1_1_1_1_35", "X_1_1_1_1_1_93_1_1_1_1_1_35", "X_1_1_1_1_1_92_1_1_1_1_1_35", "X_1_1_1_1_1_91_1_1_1_1_1_35", "X_1_1_1_1_1_90_1_1_1_1_1_35", "X_1_1_1_1_1_89_1_1_1_1_1_35", "X_1_1_1_1_1_88_1_1_1_1_1_35", "X_1_1_1_1_1_87_1_1_1_1_1_35", "X_1_1_1_1_1_86_1_1_1_1_1_35", "X_1_1_1_1_1_85_1_1_1_1_1_35", "X_1_1_1_1_1_84_1_1_1_1_1_35", "X_1_1_1_1_1_83_1_1_1_1_1_35", "X_1_1_1_1_1_82_1_1_1_1_1_35", "X_1_1_1_1_1_81_1_1_1_1_1_35", "X_1_1_1_1_1_80_1_1_1_1_1_35", "X_1_1_1_1_1_79_1_1_1_1_1_35", "X_1_1_1_1_1_78_1_1_1_1_1_35", "X_1_1_1_1_1_77_1_1_1_1_1_35", "X_1_1_1_1_1_76_1_1_1_1_1_35", "X_1_1_1_1_1_75_1_1_1_1_1_35", "X_1_1_1_1_1_74_1_1_1_1_1_35", "X_1_1_1_1_1_73_1_1_1_1_1_35", "X_1_1_1_1_1_72_1_1_1_1_1_35", "X_1_1_1_1_1_71_1_1_1_1_1_35", "X_1_1_1_1_1_70_1_1_1_1_1_35", "X_1_1_1_1_1_69_1_1_1_1_1_35", "X_1_1_1_1_1_68_1_1_1_1_1_35", "X_1_1_1_1_1_67_1_1_1_1_1_35", "X_1_1_1_1_1_66_1_1_1_1_1_35", "X_1_1_1_1_1_65_1_1_1_1_1_35", "X_1_1_1_1_1_64_1_1_1_1_1_35", "X_1_1_1_1_1_63_1_1_1_1_1_35", "X_1_1_1_1_1_62_1_1_1_1_1_35", "X_1_1_1_1_1_61_1_1_1_1_1_35", "X_1_1_1_1_1_60_1_1_1_1_1_35", "X_1_1_1_1_1_59_1_1_1_1_1_35", "X_1_1_1_1_1_58_1_1_1_1_1_35", "X_1_1_1_1_1_57_1_1_1_1_1_35", "X_1_1_1_1_1_56_1_1_1_1_1_35", "X_1_1_1_1_1_55_1_1_1_1_1_35", "X_1_1_1_1_1_54_1_1_1_1_1_35", "X_1_1_1_1_1_53_1_1_1_1_1_35", "X_1_1_1_1_1_52_1_1_1_1_1_35", "X_1_1_1_1_1_51_1_1_1_1_1_35", "X_1_1_1_1_1_50_1_1_1_1_1_35", "X_1_1_1_1_1_49_1_1_1_1_1_35", "X_1_1_1_1_1_48_1_1_1_1_1_35", "X_1_1_1_1_1_47_1_1_1_1_1_35", "X_1_1_1_1_1_46_1_1_1_1_1_35", "X_1_1_1_1_1_45_1_1_1_1_1_35", "X_1_1_1_1_1_44_1_1_1_1_1_35", "X_1_1_1_1_1_43_1_1_1_1_1_35", "X_1_1_1_1_1_42_1_1_1_1_1_35", "X_1_1_1_1_1_41_1_1_1_1_1_35", "X_1_1_1_1_1_40_1_1_1_1_1_35", "X_1_1_1_1_1_39_1_1_1_1_1_35", "X_1_1_1_1_1_38_1_1_1_1_1_35", "X_1_1_1_1_1_37_1_1_1_1_1_35", "X_1_1_1_1_1_36_1_1_1_1_1_35", "X_1_1_1_1_1_35_1_1_1_1_1_35", "X_1_1_1_1_1_34_1_1_1_1_1_35", "X_1_1_1_1_1_33_1_1_1_1_1_35", "X_1_1_1_1_1_32_1_1_1_1_1_35", "X_1_1_1_1_1_31_1_1_1_1_1_35", "X_1_1_1_1_1_30_1_1_1_1_1_35", "X_1_1_1_1_1_29_1_1_1_1_1_35", "X_1_1_1_1_1_28_1_1_1_1_1_35", "X_1_1_1_1_1_27_1_1_1_1_1_35", "X_1_1_1_1_1_26_1_1_1_1_1_35", "X_1_1_1_1_1_25_1_1_1_1_1_35", "X_1_1_1_1_1_24_1_1_1_1_1_35", "X_1_1_1_1_1_23_1_1_1_1_1_35", "X_1_1_1_1_1_22_1_1_1_1_1_35", "X_1_1_1_1_1_21_1_1_1_1_1_35", "X_1_1_1_1_1_20_1_1_1_1_1_35", "X_1_1_1_1_1_19_1_1_1_1_1_35", "X_1_1_1_1_1_18_1_1_1_1_1_35", "X_1_1_1_1_1_17_1_1_1_1_1_35", "X_1_1_1_1_1_16_1_1_1_1_1_35", "X_1_1_1_1_1_15_1_1_1_1_1_35", "X_1_1_1_1_1_14_1_1_1_1_1_35", "X_1_1_1_1_1_13_1_1_1_1_1_35", "X_1_1_1_1_1_12_1_1_1_1_1_35", "X_1_1_1_1_1_11_1_1_1_1_1_35", "X_1_1_1_1_1_10_1_1_1_1_1_35", "X_1_1_1_1_1_9_1_1_1_1_1_35", "X_1_1_1_1_1_8_1_1_1_1_1_35", "X_1_1_1_1_1_7_1_1_1_1_1_35", "X_1_1_1_1_1_6_1_1_1_1_1_35", "X_1_1_1_1_1_5_1_1_1_1_1_35", "X_1_1_1_1_1_4_1_1_1_1_1_35", "X_1_1_1_1_1_3_1_1_1_1_1_35", "X_1_1_1_1_1_2_1_1_1_1_1_35", "X_1_1_1_1_1_1_1_1_1_1_1_35"], "CsaImage.SlicePosition_PCS": [[84.7451822, -118.33571577, 124.84261513], [83.84518218, -118.33571577, 124.84261513], [82.94518216, -118.33571577, 124.84261513], [82.04518215, -118.33571577, 124.84261513], [81.14518213, -118.33571577, 124.84261513], [80.24518212, -118.33571577, 124.84261513], [79.3451821, -118.33571577, 124.84261513], [78.44518209, -118.33571577, 124.84261513], [77.54518207, -118.33571577, 124.84261513], [76.64518205, -118.33571577, 124.84261513], [75.74518204, -118.33571577, 124.84261513], [74.84518202, -118.33571577, 124.84261513], [73.94518201, -118.33571577, 124.84261513], [73.04518199, -118.33571577, 124.84261513], [72.14518197, -118.33571577, 124.84261513], [71.24518196, -118.33571577, 124.84261513], [70.34518194, -118.33571577, 124.84261513], [69.44518193, -118.33571577, 124.84261513], [68.54518191, -118.33571577, 124.84261513], [67.64518189, -118.33571577, 124.84261513], [66.74518188, -118.33571577, 124.84261513], [65.84518186, -118.33571577, 124.84261513], [64.94518185, -118.33571577, 124.84261513], [64.04518183, -118.33571577, 124.84261513], [63.14518181, -118.33571577, 124.84261513], [62.2451818, -118.33571577, 124.84261513], [61.34518178, -118.33571577, 124.84261513], [60.44518177, -118.33571577, 124.84261513], [59.54518175, -118.33571577, 124.84261513], [58.64518174, -118.33571577, 124.84261513], [57.74518172, -118.33571577, 124.84261513], [56.8451817, -118.33571577, 124.84261513], [55.94518169, -118.33571577, 124.84261513], [55.04518167, -118.33571577, 124.84261513], [54.14518166, -118.33571577, 124.84261513], [53.24518164, -118.33571577, 124.84261513], [52.34518162, -118.33571577, 124.84261513], [51.44518161, -118.33571577, 124.84261513], [50.54518159, -118.33571577, 124.84261513], [49.64518158, -118.33571577, 124.84261513], [48.74518156, -118.33571577, 124.84261513], [47.84518154, -118.33571577, 124.84261513], [46.94518153, -118.33571577, 124.84261513], [46.04518151, -118.33571577, 124.84261513], [45.1451815, -118.33571577, 124.84261513], [44.24518148, -118.33571577, 124.84261513], [43.34518147, -118.33571577, 124.84261513], [42.44518145, -118.33571577, 124.84261513], [41.54518143, -118.33571577, 124.84261513], [40.64518142, -118.33571577, 124.84261513], [39.7451814, -118.33571577, 124.84261513], [38.84518139, -118.33571577, 124.84261513], [37.94518137, -118.33571577, 124.84261513], [37.04518135, -118.33571577, 124.84261513], [36.14518134, -118.33571577, 124.84261513], [35.24518132, -118.33571577, 124.84261513], [34.34518131, -118.33571577, 124.84261513], [33.44518129, -118.33571577, 124.84261513], [32.54518127, -118.33571577, 124.84261513], [31.64518126, -118.33571577, 124.84261513], [30.74518124, -118.33571577, 124.84261513], [29.84518123, -118.33571577, 124.84261513], [28.94518121, -118.33571577, 124.84261513], [28.04518119, -118.33571577, 124.84261513], [27.14518118, -118.33571577, 124.84261513], [26.24518116, -118.33571577, 124.84261513], [25.34518115, -118.33571577, 124.84261513], [24.44518113, -118.33571577, 124.84261513], [23.54518112, -118.33571577, 124.84261513], [22.6451811, -118.33571577, 124.84261513], [21.74518108, -118.33571577, 124.84261513], [20.84518107, -118.33571577, 124.84261513], [19.94518105, -118.33571577, 124.84261513], [19.04518104, -118.33571577, 124.84261513], [18.14518102, -118.33571577, 124.84261513], [17.245181, -118.33571577, 124.84261513], [16.34518099, -118.33571577, 124.84261513], [15.44518097, -118.33571577, 124.84261513], [14.54518096, -118.33571577, 124.84261513], [13.64518094, -118.33571577, 124.84261513], [12.74518092, -118.33571577, 124.84261513], [11.84518091, -118.33571577, 124.84261513], [10.94518089, -118.33571577, 124.84261513], [10.04518088, -118.33571577, 124.84261513], [9.14518086, -118.33571577, 124.84261513], [8.24518085, -118.33571577, 124.84261513], [7.34518083, -118.33571577, 124.84261513], [6.44518081, -118.33571577, 124.84261513], [5.5451808, -118.33571577, 124.84261513], [4.64518078, -118.33571577, 124.84261513], [3.74518077, -118.33571577, 124.84261513], [2.84518075, -118.33571577, 124.84261513], [1.94518073, -118.33571577, 124.84261513], [1.04518072, -118.33571577, 124.84261513], [0.1451807, -118.33571577, 124.84261513], [-0.75481931, -118.33571577, 124.84261513], [-1.65481933, -118.33571577, 124.84261513], [-2.55481935, -118.33571577, 124.84261513], [-3.45481936, -118.33571577, 124.84261513], [-4.35481938, -118.33571577, 124.84261513], [-5.25481939, -118.33571577, 124.84261513], [-6.15481941, -118.33571577, 124.84261513], [-7.05481942, -118.33571577, 124.84261513], [-7.95481944, -118.33571577, 124.84261513], [-8.85481946, -118.33571577, 124.84261513], [-9.75481947, -118.33571577, 124.84261513], [-10.65481949, -118.33571577, 124.84261513], [-11.5548195, -118.33571577, 124.84261513], [-12.45481952, -118.33571577, 124.84261513], [-13.35481954, -118.33571577, 124.84261513], [-14.25481955, -118.33571577, 124.84261513], [-15.15481957, -118.33571577, 124.84261513], [-16.05481958, -118.33571577, 124.84261513], [-16.9548196, -118.33571577, 124.84261513], [-17.85481962, -118.33571577, 124.84261513], [-18.75481963, -118.33571577, 124.84261513], [-19.65481965, -118.33571577, 124.84261513], [-20.55481966, -118.33571577, 124.84261513], [-21.45481968, -118.33571577, 124.84261513], [-22.3548197, -118.33571577, 124.84261513], [-23.25481971, -118.33571577, 124.84261513], [-24.15481973, -118.33571577, 124.84261513], [-25.05481974, -118.33571577, 124.84261513], [-25.95481976, -118.33571577, 124.84261513], [-26.85481977, -118.33571577, 124.84261513], [-27.75481979, -118.33571577, 124.84261513], [-28.65481981, -118.33571577, 124.84261513], [-29.55481982, -118.33571577, 124.84261513], [-30.45481984, -118.33571577, 124.84261513], [-31.35481985, -118.33571577, 124.84261513], [-32.25481987, -118.33571577, 124.84261513], [-33.15481989, -118.33571577, 124.84261513], [-34.0548199, -118.33571577, 124.84261513], [-34.95481992, -118.33571577, 124.84261513], [-35.85481993, -118.33571577, 124.84261513], [-36.75481995, -118.33571577, 124.84261513], [-37.65481997, -118.33571577, 124.84261513], [-38.55481998, -118.33571577, 124.84261513], [-39.45482, -118.33571577, 124.84261513], [-40.35482001, -118.33571577, 124.84261513], [-41.25482003, -118.33571577, 124.84261513], [-42.15482004, -118.33571577, 124.84261513], [-43.05482006, -118.33571577, 124.84261513], [-43.95482008, -118.33571577, 124.84261513], [-44.85482009, -118.33571577, 124.84261513], [-45.75482011, -118.33571577, 124.84261513], [-46.65482012, -118.33571577, 124.84261513], [-47.55482014, -118.33571577, 124.84261513], [-48.45482016, -118.33571577, 124.84261513], [-49.35482017, -118.33571577, 124.84261513], [-50.25482019, -118.33571577, 124.84261513], [-51.1548202, -118.33571577, 124.84261513], [-52.05482022, -118.33571577, 124.84261513], [-52.95482024, -118.33571577, 124.84261513], [-53.85482025, -118.33571577, 124.84261513], [-54.75482027, -118.33571577, 124.84261513], [-55.65482028, -118.33571577, 124.84261513], [-56.5548203, -118.33571577, 124.84261513], [-57.45482032, -118.33571577, 124.84261513], [-58.35482033, -118.33571577, 124.84261513], [-59.25482035, -118.33571577, 124.84261513], [-60.15482036, -118.33571577, 124.84261513], [-61.05482038, -118.33571577, 124.84261513], [-61.95482039, -118.33571577, 124.84261513], [-62.85482041, -118.33571577, 124.84261513], [-63.75482043, -118.33571577, 124.84261513], [-64.65482044, -118.33571577, 124.84261513], [-65.55482046, -118.33571577, 124.84261513], [-66.45482047, -118.33571577, 124.84261513], [-67.35482049, -118.33571577, 124.84261513], [-68.25482051, -118.33571577, 124.84261513], [-69.15482052, -118.33571577, 124.84261513], [-70.05482054, -118.33571577, 124.84261513], [-70.95482055, -118.33571577, 124.84261513], [-71.85482057, -118.33571577, 124.84261513], [-72.75482059, -118.33571577, 124.84261513], [-73.6548206, -118.33571577, 124.84261513], [-74.55482062, -118.33571577, 124.84261513], [-75.45482063, -118.33571577, 124.84261513], [-76.35482065, -118.33571577, 124.84261513], [-77.25482066, -118.33571577, 124.84261513], [-78.15482068, -118.33571577, 124.84261513], [-79.0548207, -118.33571577, 124.84261513], [-79.95482071, -118.33571577, 124.84261513], [-80.85482073, -118.33571577, 124.84261513], [-81.75482074, -118.33571577, 124.84261513], [-82.65482076, -118.33571577, 124.84261513], [-83.55482078, -118.33571577, 124.84261513], [-84.45482079, -118.33571577, 124.84261513], [-85.35482081, -118.33571577, 124.84261513], [-86.25482082, -118.33571577, 124.84261513], [-87.15482084, -118.33571577, 124.84261513]], "ImagePositionPatient": [[84.745182196299, -118.33571577072, 124.84261512756], [83.845182180405, -118.33571577072, 124.84261512756], [82.94518216451, -118.33571577072, 124.84261512756], [82.045182148616, -118.33571577072, 124.84261512756], [81.145182132721, -118.33571577072, 124.84261512756], [80.245182116826, -118.33571577072, 124.84261512756], [79.345182100932, -118.33571577072, 124.84261512756], [78.445182085037, -118.33571577072, 124.84261512756], [77.545182069143, -118.33571577072, 124.84261512756], [76.645182053248, -118.33571577072, 124.84261512756], [75.745182037354, -118.33571577072, 124.84261512756], [74.845182021459, -118.33571577072, 124.84261512756], [73.945182005564, -118.33571577072, 124.84261512756], [73.04518198967, -118.33571577072, 124.84261512756], [72.145181973775, -118.33571577072, 124.84261512756], [71.245181957881, -118.33571577072, 124.84261512756], [70.345181941986, -118.33571577072, 124.84261512756], [69.445181926092, -118.33571577072, 124.84261512756], [68.545181910197, -118.33571577072, 124.84261512756], [67.645181894302, -118.33571577072, 124.84261512756], [66.745181878408, -118.33571577072, 124.84261512756], [65.845181862513, -118.33571577072, 124.84261512756], [64.945181846619, -118.33571577072, 124.84261512756], [64.045181830724, -118.33571577072, 124.84261512756], [63.145181814829, -118.33571577072, 124.84261512756], [62.245181798935, -118.33571577072, 124.84261512756], [61.34518178304, -118.33571577072, 124.84261512756], [60.445181767146, -118.33571577072, 124.84261512756], [59.545181751251, -118.33571577072, 124.84261512756], [58.645181735357, -118.33571577072, 124.84261512756], [57.745181719462, -118.33571577072, 124.84261512756], [56.845181703568, -118.33571577072, 124.84261512756], [55.945181687673, -118.33571577072, 124.84261512756], [55.045181671778, -118.33571577072, 124.84261512756], [54.145181655884, -118.33571577072, 124.84261512756], [53.245181639989, -118.33571577072, 124.84261512756], [52.345181624095, -118.33571577072, 124.84261512756], [51.4451816082, -118.33571577072, 124.84261512756], [50.545181592305, -118.33571577072, 124.84261512756], [49.645181576411, -118.33571577072, 124.84261512756], [48.745181560516, -118.33571577072, 124.84261512756], [47.845181544622, -118.33571577072, 124.84261512756], [46.945181528727, -118.33571577072, 124.84261512756], [46.045181512833, -118.33571577072, 124.84261512756], [45.145181496938, -118.33571577072, 124.84261512756], [44.245181481043, -118.33571577072, 124.84261512756], [43.345181465149, -118.33571577072, 124.84261512756], [42.445181449254, -118.33571577072, 124.84261512756], [41.54518143336, -118.33571577072, 124.84261512756], [40.645181417465, -118.33571577072, 124.84261512756], [39.745181401571, -118.33571577072, 124.84261512756], [38.845181385676, -118.33571577072, 124.84261512756], [37.945181369781, -118.33571577072, 124.84261512756], [37.045181353887, -118.33571577072, 124.84261512756], [36.145181337992, -118.33571577072, 124.84261512756], [35.245181322098, -118.33571577072, 124.84261512756], [34.345181306203, -118.33571577072, 124.84261512756], [33.445181290309, -118.33571577072, 124.84261512756], [32.545181274414, -118.33571577072, 124.84261512756], [31.645181258519, -118.33571577072, 124.84261512756], [30.745181242625, -118.33571577072, 124.84261512756], [29.84518122673, -118.33571577072, 124.84261512756], [28.945181210836, -118.33571577072, 124.84261512756], [28.045181194941, -118.33571577072, 124.84261512756], [27.145181179047, -118.33571577072, 124.84261512756], [26.245181163152, -118.33571577072, 124.84261512756], [25.345181147257, -118.33571577072, 124.84261512756], [24.445181131363, -118.33571577072, 124.84261512756], [23.545181115468, -118.33571577072, 124.84261512756], [22.645181099574, -118.33571577072, 124.84261512756], [21.745181083679, -118.33571577072, 124.84261512756], [20.845181067785, -118.33571577072, 124.84261512756], [19.94518105189, -118.33571577072, 124.84261512756], [19.045181035995, -118.33571577072, 124.84261512756], [18.145181020101, -118.33571577072, 124.84261512756], [17.245181004206, -118.33571577072, 124.84261512756], [16.345180988312, -118.33571577072, 124.84261512756], [15.445180972417, -118.33571577072, 124.84261512756], [14.545180956523, -118.33571577072, 124.84261512756], [13.645180940628, -118.33571577072, 124.84261512756], [12.745180924733, -118.33571577072, 124.84261512756], [11.845180908839, -118.33571577072, 124.84261512756], [10.945180892944, -118.33571577072, 124.84261512756], [10.04518087705, -118.33571577072, 124.84261512756], [9.1451808611552, -118.33571577072, 124.84261512756], [8.2451808452606, -118.33571577072, 124.84261512756], [7.345180829366, -118.33571577072, 124.84261512756], [6.4451808134715, -118.33571577072, 124.84261512756], [5.5451807975769, -118.33571577072, 124.84261512756], [4.6451807816823, -118.33571577072, 124.84261512756], [3.7451807657878, -118.33571577072, 124.84261512756], [2.8451807498932, -118.33571577072, 124.84261512756], [1.9451807339986, -118.33571577072, 124.84261512756], [1.045180718104, -118.33571577072, 124.84261512756], [0.14518070220947, -118.33571577072, 124.84261512756], [-0.7548193136851, -118.33571577072, 124.84261512756], [-1.6548193295797, -118.33571577072, 124.84261512756], [-2.5548193454742, -118.33571577072, 124.84261512756], [-3.4548193613688, -118.33571577072, 124.84261512756], [-4.3548193772634, -118.33571577072, 124.84261512756], [-5.254819393158, -118.33571577072, 124.84261512756], [-6.1548194090525, -118.33571577072, 124.84261512756], [-7.0548194249471, -118.33571577072, 124.84261512756], [-7.9548194408417, -118.33571577072, 124.84261512756], [-8.8548194567362, -118.33571577072, 124.84261512756], [-9.7548194726308, -118.33571577072, 124.84261512756], [-10.654819488525, -118.33571577072, 124.84261512756], [-11.55481950442, -118.33571577072, 124.84261512756], [-12.454819520315, -118.33571577072, 124.84261512756], [-13.354819536209, -118.33571577072, 124.84261512756], [-14.254819552104, -118.33571577072, 124.84261512756], [-15.154819567998, -118.33571577072, 124.84261512756], [-16.054819583893, -118.33571577072, 124.84261512756], [-16.954819599787, -118.33571577072, 124.84261512756], [-17.854819615682, -118.33571577072, 124.84261512756], [-18.754819631577, -118.33571577072, 124.84261512756], [-19.654819647471, -118.33571577072, 124.84261512756], [-20.554819663366, -118.33571577072, 124.84261512756], [-21.45481967926, -118.33571577072, 124.84261512756], [-22.354819695155, -118.33571577072, 124.84261512756], [-23.254819711049, -118.33571577072, 124.84261512756], [-24.154819726944, -118.33571577072, 124.84261512756], [-25.054819742839, -118.33571577072, 124.84261512756], [-25.954819758733, -118.33571577072, 124.84261512756], [-26.854819774628, -118.33571577072, 124.84261512756], [-27.754819790522, -118.33571577072, 124.84261512756], [-28.654819806417, -118.33571577072, 124.84261512756], [-29.554819822311, -118.33571577072, 124.84261512756], [-30.454819838206, -118.33571577072, 124.84261512756], [-31.354819854101, -118.33571577072, 124.84261512756], [-32.254819869995, -118.33571577072, 124.84261512756], [-33.15481988589, -118.33571577072, 124.84261512756], [-34.054819901784, -118.33571577072, 124.84261512756], [-34.954819917679, -118.33571577072, 124.84261512756], [-35.854819933573, -118.33571577072, 124.84261512756], [-36.754819949468, -118.33571577072, 124.84261512756], [-37.654819965363, -118.33571577072, 124.84261512756], [-38.554819981257, -118.33571577072, 124.84261512756], [-39.454819997152, -118.33571577072, 124.84261512756], [-40.354820013046, -118.33571577072, 124.84261512756], [-41.254820028941, -118.33571577072, 124.84261512756], [-42.154820044835, -118.33571577072, 124.84261512756], [-43.05482006073, -118.33571577072, 124.84261512756], [-43.954820076625, -118.33571577072, 124.84261512756], [-44.854820092519, -118.33571577072, 124.84261512756], [-45.754820108414, -118.33571577072, 124.84261512756], [-46.654820124308, -118.33571577072, 124.84261512756], [-47.554820140203, -118.33571577072, 124.84261512756], [-48.454820156097, -118.33571577072, 124.84261512756], [-49.354820171992, -118.33571577072, 124.84261512756], [-50.254820187887, -118.33571577072, 124.84261512756], [-51.154820203781, -118.33571577072, 124.84261512756], [-52.054820219676, -118.33571577072, 124.84261512756], [-52.95482023557, -118.33571577072, 124.84261512756], [-53.854820251465, -118.33571577072, 124.84261512756], [-54.754820267359, -118.33571577072, 124.84261512756], [-55.654820283254, -118.33571577072, 124.84261512756], [-56.554820299149, -118.33571577072, 124.84261512756], [-57.454820315043, -118.33571577072, 124.84261512756], [-58.354820330938, -118.33571577072, 124.84261512756], [-59.254820346832, -118.33571577072, 124.84261512756], [-60.154820362727, -118.33571577072, 124.84261512756], [-61.054820378621, -118.33571577072, 124.84261512756], [-61.954820394516, -118.33571577072, 124.84261512756], [-62.854820410411, -118.33571577072, 124.84261512756], [-63.754820426305, -118.33571577072, 124.84261512756], [-64.6548204422, -118.33571577072, 124.84261512756], [-65.554820458094, -118.33571577072, 124.84261512756], [-66.454820473989, -118.33571577072, 124.84261512756], [-67.354820489883, -118.33571577072, 124.84261512756], [-68.254820505778, -118.33571577072, 124.84261512756], [-69.154820521673, -118.33571577072, 124.84261512756], [-70.054820537567, -118.33571577072, 124.84261512756], [-70.954820553462, -118.33571577072, 124.84261512756], [-71.854820569356, -118.33571577072, 124.84261512756], [-72.754820585251, -118.33571577072, 124.84261512756], [-73.654820601145, -118.33571577072, 124.84261512756], [-74.55482061704, -118.33571577072, 124.84261512756], [-75.454820632935, -118.33571577072, 124.84261512756], [-76.354820648829, -118.33571577072, 124.84261512756], [-77.254820664724, -118.33571577072, 124.84261512756], [-78.154820680618, -118.33571577072, 124.84261512756], [-79.054820696513, -118.33571577072, 124.84261512756], [-79.954820712407, -118.33571577072, 124.84261512756], [-80.854820728302, -118.33571577072, 124.84261512756], [-81.754820744197, -118.33571577072, 124.84261512756], [-82.654820760091, -118.33571577072, 124.84261512756], [-83.554820775986, -118.33571577072, 124.84261512756], [-84.45482079188, -118.33571577072, 124.84261512756], [-85.354820807775, -118.33571577072, 124.84261512756], [-86.254820823669, -118.33571577072, 124.84261512756], [-87.154820839564, -118.33571577072, 124.84261512756]], "InstanceCreationTime": ["075434.000000", "075434.000000", "075433.953000", "075433.953000", "075433.921000", "075433.921000", "075433.921000", "075433.921000", "075433.921000", "075433.906000", "075433.906000", "075433.906000", "075433.906000", "075433.906000", "075433.890000", "075433.890000", "075433.890000", "075433.890000", "075433.875000", "075433.875000", "075433.875000", "075433.859000", "075433.859000", "075433.859000", "075433.859000", "075433.859000", "075433.859000", "075433.859000", "075433.859000", "075433.859000", "075433.843000", "075433.843000", "075433.843000", "075433.843000", "075433.843000", "075433.843000", "075433.828000", "075433.828000", "075433.828000", "075433.828000", "075433.828000", "075433.828000", "075433.812000", "075433.812000", "075433.812000", "075433.812000", "075433.812000", "075433.812000", "075433.812000", "075433.812000", "075433.796000", "075433.796000", "075433.796000", "075433.796000", "075433.796000", "075433.796000", "075433.796000", "075433.796000", "075433.781000", "075433.781000", "075433.781000", "075433.781000", "075433.781000", "075433.781000", "075433.781000", "075433.781000", "075433.781000", "075433.765000", "075433.765000", "075433.765000", "075433.765000", "075433.765000", "075433.765000", "075433.765000", "075433.765000", "075433.750000", "075433.750000", "075433.750000", "075433.750000", "075433.750000", "075433.750000", "075433.750000", "075433.750000", "075433.734000", "075433.734000", "075433.734000", "075433.734000", "075433.734000", "075433.734000", "075433.734000", "075433.734000", "075433.734000", "075433.718000", "075433.718000", "075433.718000", "075433.718000", "075433.718000", "075433.718000", "075433.718000", "075433.718000", "075433.703000", "075433.703000", "075433.703000", "075433.703000", "075433.703000", "075433.703000", "075433.703000", "075433.703000", "075433.703000", "075433.687000", "075433.687000", "075433.687000", "075433.687000", "075433.687000", "075433.671000", "075433.671000", "075433.671000", "075433.671000", "075433.656000", "075433.656000", "075433.656000", "075433.656000", "075433.656000", "075433.656000", "075433.656000", "075433.656000", "075433.640000", "075433.640000", "075433.640000", "075433.640000", "075433.640000", "075433.640000", "075433.625000", "075433.625000", "075433.625000", "075433.625000", "075433.625000", "075433.625000", "075433.625000", "075433.625000", "075433.625000", "075433.609000", "075433.609000", "075433.609000", "075433.609000", "075433.609000", "075433.609000", "075433.609000", "075433.593000", "075433.593000", "075433.593000", "075433.593000", "075433.593000", "075433.578000", "075433.578000", "075433.578000", "075433.562000", "075433.562000", "075433.562000", "075433.562000", "075433.562000", "075433.562000", "075433.562000", "075433.562000", "075433.546000", "075433.546000", "075433.546000", "075433.546000", "075433.546000", "075433.546000", "075433.546000", "075433.546000", "075433.546000", "075433.531000", "075433.531000", "075433.531000", "075433.531000", "075433.531000", "075433.531000", "075433.531000", "075433.531000", "075433.515000", "075433.515000", "075433.515000", "075433.515000", "075433.515000", "075433.515000", "075433.500000", "075433.500000", "075433.500000", "075433.500000", "075433.484000"], "InstanceNumber": [192, 191, 190, 189, 188, 187, 186, 185, 184, 183, 182, 181, 180, 179, 178, 177, 176, 175, 174, 173, 172, 171, 170, 169, 168, 167, 166, 165, 164, 163, 162, 161, 160, 159, 158, 157, 156, 155, 154, 153, 152, 151, 150, 149, 148, 147, 146, 145, 144, 143, 142, 141, 140, 139, 138, 137, 136, 135, 134, 133, 132, 131, 130, 129, 128, 127, 126, 125, 124, 123, 122, 121, 120, 119, 118, 117, 116, 115, 114, 113, 112, 111, 110, 109, 108, 107, 106, 105, 104, 103, 102, 101, 100, 99, 98, 97, 96, 95, 94, 93, 92, 91, 90, 89, 88, 87, 86, 85, 84, 83, 82, 81, 80, 79, 78, 77, 76, 75, 74, 73, 72, 71, 70, 69, 68, 67, 66, 65, 64, 63, 62, 61, 60, 59, 58, 57, 56, 55, 54, 53, 52, 51, 50, 49, 48, 47, 46, 45, 44, 43, 42, 41, 40, 39, 38, 37, 36, 35, 34, 33, 32, 31, 30, 29, 28, 27, 26, 25, 24, 23, 22, 21, 20, 19, 18, 17, 16, 15, 14, 13, 12, 11, 10, 9, 8, 7, 6, 5, 4, 3, 2, 1], "LargestImagePixelValue": [547, 490, 451, 527, 559, 538, 607, 594, 597, 627, 639, 660, 634, 597, 571, 584, 613, 620, 653, 601, 625, 600, 622, 628, 664, 712, 697, 709, 735, 680, 740, 707, 703, 716, 714, 680, 709, 701, 698, 703, 723, 697, 680, 752, 759, 741, 689, 674, 722, 658, 668, 680, 678, 725, 715, 764, 817, 854, 775, 801, 726, 788, 871, 768, 817, 731, 703, 682, 699, 760, 728, 731, 751, 890, 1020, 934, 723, 634, 659, 635, 703, 656, 677, 651, 645, 658, 649, 653, 655, 636, 645, 660, 650, 693, 655, 656, 645, 668, 658, 659, 675, 660, 681, 658, 658, 658, 668, 653, 733, 762, 673, 695, 704, 712, 685, 700, 687, 721, 700, 703, 693, 825, 864, 795, 760, 690, 687, 697, 709, 673, 676, 658, 688, 675, 711, 673, 659, 657, 680, 675, 648, 664, 671, 668, 755, 649, 641, 656, 634, 649, 662, 645, 664, 662, 664, 660, 608, 626, 621, 614, 617, 634, 616, 630, 629, 624, 618, 645, 605, 598, 587, 625, 635, 609, 603, 607, 647, 670, 655, 662, 599, 520, 489, 417, 485, 452, 442, 429, 437, 428, 379, 266], "SliceLocation": [84.745182196299, 83.845182180405, 82.94518216451, 82.045182148616, 81.145182132721, 80.245182116826, 79.345182100932, 78.445182085037, 77.545182069143, 76.645182053248, 75.745182037354, 74.845182021459, 73.945182005564, 73.04518198967, 72.145181973775, 71.245181957881, 70.345181941986, 69.445181926092, 68.545181910197, 67.645181894302, 66.745181878408, 65.845181862513, 64.945181846619, 64.045181830724, 63.145181814829, 62.245181798935, 61.34518178304, 60.445181767146, 59.545181751251, 58.645181735357, 57.745181719462, 56.845181703568, 55.945181687673, 55.045181671778, 54.145181655884, 53.245181639989, 52.345181624095, 51.4451816082, 50.545181592305, 49.645181576411, 48.745181560516, 47.845181544622, 46.945181528727, 46.045181512833, 45.145181496938, 44.245181481043, 43.345181465149, 42.445181449254, 41.54518143336, 40.645181417465, 39.745181401571, 38.845181385676, 37.945181369781, 37.045181353887, 36.145181337992, 35.245181322098, 34.345181306203, 33.445181290309, 32.545181274414, 31.645181258519, 30.745181242625, 29.84518122673, 28.945181210836, 28.045181194941, 27.145181179047, 26.245181163152, 25.345181147257, 24.445181131363, 23.545181115468, 22.645181099574, 21.745181083679, 20.845181067785, 19.94518105189, 19.045181035995, 18.145181020101, 17.245181004206, 16.345180988312, 15.445180972417, 14.545180956523, 13.645180940628, 12.745180924733, 11.845180908839, 10.945180892944, 10.04518087705, 9.1451808611552, 8.2451808452606, 7.345180829366, 6.4451808134715, 5.5451807975769, 4.6451807816823, 3.7451807657878, 2.8451807498932, 1.9451807339986, 1.045180718104, 0.14518070220947, -0.7548193136851, -1.6548193295797, -2.5548193454742, -3.4548193613688, -4.3548193772634, -5.254819393158, -6.1548194090525, -7.0548194249471, -7.9548194408417, -8.8548194567362, -9.7548194726308, -10.654819488525, -11.55481950442, -12.454819520315, -13.354819536209, -14.254819552104, -15.154819567998, -16.054819583893, -16.954819599787, -17.854819615682, -18.754819631577, -19.654819647471, -20.554819663366, -21.45481967926, -22.354819695155, -23.254819711049, -24.154819726944, -25.054819742839, -25.954819758733, -26.854819774628, -27.754819790522, -28.654819806417, -29.554819822311, -30.454819838206, -31.354819854101, -32.254819869995, -33.15481988589, -34.054819901784, -34.954819917679, -35.854819933573, -36.754819949468, -37.654819965363, -38.554819981257, -39.454819997152, -40.354820013046, -41.254820028941, -42.154820044835, -43.05482006073, -43.954820076625, -44.854820092519, -45.754820108414, -46.654820124308, -47.554820140203, -48.454820156097, -49.354820171992, -50.254820187887, -51.154820203781, -52.054820219676, -52.95482023557, -53.854820251465, -54.754820267359, -55.654820283254, -56.554820299149, -57.454820315043, -58.354820330938, -59.254820346832, -60.154820362727, -61.054820378621, -61.954820394516, -62.854820410411, -63.754820426305, -64.6548204422, -65.554820458094, -66.454820473989, -67.354820489883, -68.254820505778, -69.154820521673, -70.054820537567, -70.954820553462, -71.854820569356, -72.754820585251, -73.654820601145, -74.55482061704, -75.454820632935, -76.354820648829, -77.254820664724, -78.154820680618, -79.054820696513, -79.954820712407, -80.854820728302, -81.754820744197, -82.654820760091, -83.554820775986, -84.45482079188, -85.354820807775, -86.254820823669, -87.154820839564], "WindowCenter": [213.0, 163.0, 144.0, 184.0, 208.0, 205.0, 209.0, 206.0, 200.0, 210.0, 236.0, 243.0, 236.0, 249.0, 277.0, 291.0, 294.0, 313.0, 322.0, 325.0, 331.0, 333.0, 340.0, 343.0, 345.0, 350.0, 356.0, 352.0, 338.0, 319.0, 312.0, 305.0, 302.0, 303.0, 304.0, 303.0, 301.0, 299.0, 299.0, 302.0, 303.0, 304.0, 305.0, 307.0, 306.0, 306.0, 304.0, 303.0, 304.0, 304.0, 306.0, 307.0, 307.0, 308.0, 307.0, 309.0, 309.0, 310.0, 311.0, 310.0, 309.0, 310.0, 311.0, 311.0, 311.0, 310.0, 310.0, 310.0, 311.0, 311.0, 311.0, 312.0, 312.0, 313.0, 314.0, 315.0, 314.0, 313.0, 313.0, 311.0, 311.0, 312.0, 311.0, 309.0, 307.0, 307.0, 307.0, 307.0, 307.0, 306.0, 305.0, 303.0, 301.0, 299.0, 295.0, 291.0, 289.0, 287.0, 290.0, 290.0, 290.0, 292.0, 295.0, 297.0, 298.0, 301.0, 302.0, 305.0, 306.0, 307.0, 307.0, 307.0, 307.0, 309.0, 311.0, 312.0, 311.0, 311.0, 312.0, 313.0, 313.0, 314.0, 314.0, 314.0, 316.0, 317.0, 316.0, 316.0, 315.0, 314.0, 314.0, 314.0, 316.0, 318.0, 317.0, 318.0, 317.0, 315.0, 313.0, 311.0, 310.0, 308.0, 306.0, 304.0, 304.0, 300.0, 297.0, 294.0, 292.0, 290.0, 289.0, 288.0, 288.0, 287.0, 287.0, 286.0, 286.0, 285.0, 282.0, 284.0, 294.0, 302.0, 310.0, 313.0, 316.0, 318.0, 321.0, 326.0, 332.0, 329.0, 331.0, 326.0, 317.0, 306.0, 292.0, 287.0, 292.0, 301.0, 296.0, 281.0, 259.0, 237.0, 226.0, 216.0, 208.0, 215.0, 199.0, 166.0, 165.0, 181.0, 155.0, 42.0], "WindowWidth": [432.0, 357.0, 331.0, 395.0, 435.0, 434.0, 440.0, 436.0, 430.0, 451.0, 498.0, 523.0, 523.0, 550.0, 604.0, 631.0, 642.0, 676.0, 693.0, 702.0, 711.0, 717.0, 730.0, 738.0, 745.0, 756.0, 770.0, 765.0, 740.0, 708.0, 698.0, 686.0, 681.0, 682.0, 685.0, 685.0, 682.0, 679.0, 679.0, 686.0, 691.0, 694.0, 694.0, 699.0, 697.0, 694.0, 689.0, 686.0, 686.0, 686.0, 688.0, 689.0, 689.0, 689.0, 688.0, 691.0, 692.0, 692.0, 692.0, 689.0, 685.0, 689.0, 689.0, 689.0, 685.0, 682.0, 681.0, 681.0, 684.0, 684.0, 683.0, 683.0, 685.0, 686.0, 689.0, 691.0, 687.0, 684.0, 682.0, 677.0, 678.0, 680.0, 679.0, 674.0, 672.0, 672.0, 672.0, 672.0, 672.0, 671.0, 669.0, 666.0, 662.0, 662.0, 656.0, 649.0, 647.0, 646.0, 651.0, 651.0, 651.0, 653.0, 655.0, 657.0, 658.0, 661.0, 661.0, 667.0, 671.0, 671.0, 671.0, 671.0, 671.0, 673.0, 676.0, 678.0, 677.0, 676.0, 680.0, 682.0, 682.0, 685.0, 687.0, 688.0, 697.0, 702.0, 698.0, 696.0, 692.0, 691.0, 692.0, 694.0, 699.0, 702.0, 701.0, 702.0, 702.0, 699.0, 697.0, 693.0, 691.0, 688.0, 682.0, 679.0, 680.0, 671.0, 665.0, 660.0, 655.0, 651.0, 651.0, 651.0, 651.0, 651.0, 652.0, 651.0, 651.0, 650.0, 644.0, 648.0, 665.0, 677.0, 688.0, 692.0, 697.0, 699.0, 701.0, 709.0, 717.0, 712.0, 715.0, 706.0, 690.0, 671.0, 647.0, 634.0, 639.0, 651.0, 637.0, 606.0, 565.0, 515.0, 484.0, 456.0, 435.0, 441.0, 414.0, 359.0, 354.0, 373.0, 335.0, 124.0]}}}