{"AcquisitionMatrixPE": 96, "AcquisitionNumber": 1, "AcquisitionTime": "07:33:25.152500", "BandwidthPerPixelPhaseEncode": 33.602, "BaseResolution": 96, "BodyPartExamined": "BRAIN", "ConsistencyInfo": "N4_VD11D_LATEST_20110129", "ConversionSoftware": "dcm2niix", "ConversionSoftwareVersion": "v1.0.20210317", "DerivedVendorReportedEchoSpacing": 0.000620003, "DeviceSerialNumber": "45239", "DwellTime": 2.6e-06, "EchoTime": 0.03, "EchoTrainLength": 48, "EffectiveEchoSpacing": 0.000310001, "FlipAngle": 63, "ImageComments": "Unaliased MB4/PE3", "ImageOrientationPatientDICOM": [0.999954, -0.00844742, 0.00460569, 0.0096214, 0.877942, -0.47867], "ImageType": ["ORIGINAL", "PRIMARY", "M", "ND", "NORM", "MOSAIC"], "ImagingFrequency": 123.193, "InPlanePhaseEncodingDirectionDICOM": "COL", "InstitutionAddress": "E 24th St. 100,Austin,Southmiddle,US,78712", "InstitutionName": "Univ of Texas at Austin", "InstitutionalDepartmentName": "IRC", "MRAcquisitionType": "2D", "MagneticFieldStrength": 3, "Manufacturer": "Siemens", "ManufacturersModelName": "Skyra", "Modality": "MR", "MultibandAccelerationFactor": 4, "ParallelReductionFactorInPlane": 2, "PartialFourier": 1, "PatientPosition": "HFS", "PercentPhaseFOV": 100, "PercentSampling": 100, "PhaseEncodingDirection": "j-", "PhaseEncodingSteps": 96, "PhaseResolution": 1, "PixelBandwidth": 2005, "ProcedureStepDescription": "Poldrack2^self-scanning", "ProtocolName": "Resting State fMRI MBEPI_matrix96_BW2004", "PulseSequenceDetails": "%CustomerSeq%\\cmrr_mbep2d_bold", "ReceiveCoilActiveElements": "HEA;HEP", "ReceiveCoilName": "Head_32", "ReconMatrixPE": 96, "RefLinesPE": 94, "RepetitionTime": 1.16, "SAR": 0.104265, "ScanOptions": "FS", "ScanningSequence": "EP", "SequenceName": "epfid2d1_96", "SequenceVariant": "SK", "SeriesDescription": "Resting State fMRI MBEPI_matrix96_BW2004", "SeriesNumber": 6, "ShimSetting": [-2785, 8042, -15451, 146, -189, 105, 224, -108], "SliceThickness": 2, "SliceTiming": [0, 0.4975, 0.9975, 0.355, 0.855, 0.2125, 0.7125, 0.07, 0.57, 1.0675, 0.4275, 0.925, 0.285, 0.7825, 0.1425, 0.64, 0, 0.4975, 0.9975, 0.355, 0.855, 0.2125, 0.7125, 0.07, 0.57, 1.0675, 0.4275, 0.925, 0.285, 0.7825, 0.1425, 0.64, 0, 0.4975, 0.9975, 0.355, 0.855, 0.2125, 0.7125, 0.07, 0.57, 1.0675, 0.4275, 0.925, 0.285, 0.7825, 0.1425, 0.64, 0, 0.4975, 0.9975, 0.355, 0.855, 0.2125, 0.7125, 0.07, 0.57, 1.0675, 0.4275, 0.925, 0.285, 0.7825, 0.1425, 0.64], "SoftwareVersions": "syngo MR D11", "SpacingBetweenSlices": 2.4, "StationName": "AWP45239", "TaskName": "Resting fmri", "TotalReadoutTime": 0.0294501, "TxRefAmp": 346.593, "WipMemBlock": "05cfb96a-935c-48ea-9603-c475e49643a0||Sequence: VD11D r206; Feb 13 2013 18:52:04 by eja", "dcmmeta_affine": [[-2.3957223892211914, 0.02305125817656517, 2.6198188507464693e-08, 118.4505844116211], [0.02023860067129135, 2.103403329849243, -1.1488604545593262, -84.18856811523438], [0.011034472845494747, 1.1468127965927124, 2.10715913772583, -83.45386505126953], [0.0, 0.0, 0.0, 1.0]], "dcmmeta_reorient_transform": [[0.0, -1.0, 0.0, 95.0], [1.0, 0.0, 0.0, 0.0], [0.0, 0.0, 1.0, 0.0], [0.0, 0.0, 0.0, 1.0]], "dcmmeta_shape": [96, 96, 64, 518], "dcmmeta_slice_dim": 2, "dcmmeta_version": 0.6, "global": {"const": {"AcquisitionMatrix": [96, 0, 0, 96], "AngioFlag": "N", "BitsAllocated": 16, "BitsStored": 16, "BodyPartExamined": "BRAIN", "Columns": 768, "EchoNumbers": 1, "EchoTime": 30.0, "EchoTrainLength": 48, "FlipAngle": 63.0, "HighBit": 15, "ImageOrientationPatient": [0.99995371330424, -0.0084474160802, 0.00460569328358, 0.00962139537975, 0.87794233259763, -0.4786697080284], "ImagePositionPatient": [-933.34839012522, -815.57814372236, 407.11487320804], "ImageType": ["ORIGINAL", "PRIMARY", "M", "ND", "NORM", "MOSAIC"], "ImagedNucleus": "1H", "ImagingFrequency": 123.193255, "InPlanePhaseEncodingDirection": "COL", "MRAcquisitionType": "2D", "MagneticFieldStrength": 3.0, "Manufacturer": "SIEMENS", "ManufacturerModelName": "Skyra", "Modality": "MR", "NumberOfAverages": 1.0, "NumberOfPhaseEncodingSteps": 96, "PercentPhaseFieldOfView": 100.0, "PercentSampling": 100.0, "PerformedProcedureStepStartTime": "072514.718000", "PhotometricInterpretation": "MONOCHROME2", "PixelBandwidth": 2005.0, "PixelRepresentation": 0, "PixelSpacing": [2.3958332538605, 2.3958332538605], "ProtocolName": "Resting State fMRI MBEPI_matrix96_BW2004", "RepetitionTime": 1160.0, "Rows": 768, "SAR": 0.10426482231314, "SamplesPerPixel": 1, "ScanOptions": "FS", "ScanningSequence": "EP", "SequenceName": "epfid2d1_96", "SequenceVariant": "SK", "SeriesDescription": "Resting State fMRI MBEPI_matrix96_BW2004", "SeriesNumber": 6, "SeriesTime": "073404.906000", "SliceLocation": -32.970686522367, "SliceThickness": 2.0, "SmallestImagePixelValue": 0, "SoftwareVersions": "syngo MR D11", "SpacingBetweenSlices": 2.400000012463, "SpecificCharacterSet": "ISO_IR 100", "StudyID": "1", "StudyTime": "072514.671000", "TransmitCoilName": "Body", "VariableFlipAngleFlag": "N", "WindowCenterWidthExplanation": "Algo1", "dBdt": 0.0}, "slices": {}}, "time": {"samples": {"AcquisitionNumber": [1, 2, 3, 4, 5, 6, 7, 8, 9, 10, 11, 12, 13, 14, 15, 16, 17, 18, 19, 20, 21, 22, 23, 24, 25, 26, 27, 28, 29, 30, 31, 32, 33, 34, 35, 36, 37, 38, 39, 40, 41, 42, 43, 44, 45, 46, 47, 48, 49, 50, 51, 52, 53, 54, 55, 56, 57, 58, 59, 60, 61, 62, 63, 64, 65, 66, 67, 68, 69, 70, 71, 72, 73, 74, 75, 76, 77, 78, 79, 80, 81, 82, 83, 84, 85, 86, 87, 88, 89, 90, 91, 92, 93, 94, 95, 96, 97, 98, 99, 100, 101, 102, 103, 104, 105, 106, 107, 108, 109, 110, 111, 112, 113, 114, 115, 116, 117, 118, 119, 120, 121, 122, 123, 124, 125, 126, 127, 128, 129, 130, 131, 132, 133, 134, 135, 136, 137, 138, 139, 140, 141, 142, 143, 144, 145, 146, 147, 148, 149, 150, 151, 152, 153, 154, 155, 156, 157, 158, 159, 160, 161, 162, 163, 164, 165, 166, 167, 168, 169, 170, 171, 172, 173, 174, 175, 176, 177, 178, 179, 180, 181, 182, 183, 184, 185, 186, 187, 188, 189, 190, 191, 192, 193, 194, 195, 196, 197, 198, 199, 200, 201, 202, 203, 204, 205, 206, 207, 208, 209, 210, 211, 212, 213, 214, 215, 216, 217, 218, 219, 220, 221, 222, 223, 224, 225, 226, 227, 228, 229, 230, 231, 232, 233, 234, 235, 236, 237, 238, 239, 240, 241, 242, 243, 244, 245, 246, 247, 248, 249, 250, 251, 252, 253, 254, 255, 256, 257, 258, 259, 260, 261, 262, 263, 264, 265, 266, 267, 268, 269, 270, 271, 272, 273, 274, 275, 276, 277, 278, 279, 280, 281, 282, 283, 284, 285, 286, 287, 288, 289, 290, 291, 292, 293, 294, 295, 296, 297, 298, 299, 300, 301, 302, 303, 304, 305, 306, 307, 308, 309, 310, 311, 312, 313, 314, 315, 316, 317, 318, 319, 320, 321, 322, 323, 324, 325, 326, 327, 328, 329, 330, 331, 332, 333, 334, 335, 336, 337, 338, 339, 340, 341, 342, 343, 344, 345, 346, 347, 348, 349, 350, 351, 352, 353, 354, 355, 356, 357, 358, 359, 360, 361, 362, 363, 364, 365, 366, 367, 368, 369, 370, 371, 372, 373, 374, 375, 376, 377, 378, 379, 380, 381, 382, 383, 384, 385, 386, 387, 388, 389, 390, 391, 392, 393, 394, 395, 396, 397, 398, 399, 400, 401, 402, 403, 404, 405, 406, 407, 408, 409, 410, 411, 412, 413, 414, 415, 416, 417, 418, 419, 420, 421, 422, 423, 424, 425, 426, 427, 428, 429, 430, 431, 432, 433, 434, 435, 436, 437, 438, 439, 440, 441, 442, 443, 444, 445, 446, 447, 448, 449, 450, 451, 452, 453, 454, 455, 456, 457, 458, 459, 460, 461, 462, 463, 464, 465, 466, 467, 468, 469, 470, 471, 472, 473, 474, 475, 476, 477, 478, 479, 480, 481, 482, 483, 484, 485, 486, 487, 488, 489, 490, 491, 492, 493, 494, 495, 496, 497, 498, 499, 500, 501, 502, 503, 504, 505, 506, 507, 508, 509, 510, 511, 512, 513, 514, 515, 516, 517, 518], "AcquisitionTime": ["073325.152500", "073354.152500", "073355.312500", "073356.472500", "073357.632500", "073358.792500", "073359.952500", "073401.112500", "073402.272500", "073403.432500", "073404.592500", "073405.752500", "073406.912500", "073408.072500", "073409.232500", "073410.392500", "073411.552500", "073412.712500", "073413.872500", "073415.032500", "073416.192500", "073417.352500", "073418.512500", "073419.672500", "073420.832500", "073421.992500", "073423.152500", "073424.312500", "073425.472500", "073426.632500", "073427.792500", "073428.952500", "073430.112500", "073431.272500", "073432.432500", "073433.592500", "073434.752500", "073435.912500", "073437.072500", "073438.232500", "073439.392500", "073440.552500", "073441.712500", "073442.872500", "073444.032500", "073445.192500", "073446.352500", "073447.512500", "073448.672500", "073449.832500", "073450.992500", "073452.152500", "073453.312500", "073454.472500", "073455.632500", "073456.792500", "073457.952500", "073459.112500", "073500.272500", "073501.432500", "073502.592500", "073503.752500", "073504.912500", "073506.072500", "073507.232500", "073508.392500", "073509.552500", "073510.712500", "073511.872500", "073513.032500", "073514.192500", "073515.352500", "073516.512500", "073517.672500", "073518.832500", "073519.992500", "073521.152500", "073522.312500", "073523.472500", "073524.632500", "073525.792500", "073526.952500", "073528.112500", "073529.272500", "073530.432500", "073531.592500", "073532.752500", "073533.912500", "073535.072500", "073536.232500", "073537.392500", "073538.552500", "073539.712500", "073540.872500", "073542.032500", "073543.192500", "073544.352500", "073545.512500", "073546.672500", "073547.832500", "073548.992500", "073550.152500", "073551.312500", "073552.472500", "073553.632500", "073554.792500", "073555.952500", "073557.112500", "073558.272500", "073559.432500", "073600.592500", "073601.752500", "073602.912500", "073604.072500", "073605.232500", "073606.392500", "073607.552500", "073608.712500", "073609.872500", "073611.032500", "073612.192500", "073613.352500", "073614.512500", "073615.672500", "073616.835000", "073617.995000", "073619.155000", "073620.315000", "073621.475000", "073622.635000", "073623.795000", "073624.955000", "073626.115000", "073627.275000", "073628.435000", "073629.595000", "073630.755000", "073631.915000", "073633.075000", "073634.235000", "073635.395000", "073636.555000", "073637.715000", "073638.875000", "073640.035000", "073641.195000", "073642.355000", "073643.515000", "073644.675000", "073645.835000", "073646.995000", "073648.155000", "073649.315000", "073650.475000", "073651.635000", "073652.795000", "073653.955000", "073655.115000", "073656.275000", "073657.435000", "073658.595000", "073659.755000", "073700.915000", "073702.075000", "073703.235000", "073704.395000", "073705.555000", "073706.715000", "073707.875000", "073709.035000", "073710.195000", "073711.355000", "073712.515000", "073713.675000", "073714.835000", "073715.995000", "073717.155000", "073718.315000", "073719.475000", "073720.635000", "073721.795000", "073722.955000", "073724.115000", "073725.275000", "073726.435000", "073727.595000", "073728.755000", "073729.915000", "073731.075000", "073732.235000", "073733.395000", "073734.555000", "073735.715000", "073736.875000", "073738.035000", "073739.195000", "073740.355000", "073741.515000", "073742.675000", "073743.835000", "073744.995000", "073746.155000", "073747.315000", "073748.475000", "073749.635000", "073750.795000", "073751.955000", "073753.115000", "073754.275000", "073755.435000", "073756.595000", "073757.755000", "073758.915000", "073800.075000", "073801.235000", "073802.395000", "073803.555000", "073804.715000", "073805.875000", "073807.035000", "073808.195000", "073809.355000", "073810.515000", "073811.675000", "073812.835000", "073813.995000", "073815.155000", "073816.315000", "073817.475000", "073818.635000", "073819.795000", "073820.955000", "073822.115000", "073823.275000", "073824.435000", "073825.595000", "073826.755000", "073827.915000", "073829.075000", "073830.235000", "073831.395000", "073832.555000", "073833.715000", "073834.875000", "073836.035000", "073837.195000", "073838.355000", "073839.515000", "073840.675000", "073841.835000", "073842.995000", "073844.155000", "073845.315000", "073846.475000", "073847.635000", "073848.795000", "073849.955000", "073851.115000", "073852.275000", "073853.435000", "073854.595000", "073855.755000", "073856.915000", "073858.075000", "073859.235000", "073900.395000", "073901.555000", "073902.715000", "073903.875000", "073905.035000", "073906.195000", "073907.355000", "073908.515000", "073909.675000", "073910.835000", "073911.995000", "073913.155000", "073914.315000", "073915.475000", "073916.635000", "073917.795000", "073918.955000", "073920.115000", "073921.275000", "073922.435000", "073923.595000", "073924.755000", "073925.915000", "073927.075000", "073928.235000", "073929.395000", "073930.555000", "073931.715000", "073932.875000", "073934.035000", "073935.195000", "073936.355000", "073937.515000", "073938.675000", "073939.835000", "073940.995000", "073942.155000", "073943.315000", "073944.475000", "073945.635000", "073946.795000", "073947.955000", "073949.115000", "073950.275000", "073951.435000", "073952.595000", "073953.755000", "073954.915000", "073956.075000", "073957.235000", "073958.395000", "073959.555000", "074000.715000", "074001.875000", "074003.035000", "074004.195000", "074005.355000", "074006.515000", "074007.675000", "074008.835000", "074009.995000", "074011.155000", "074012.315000", "074013.475000", "074014.635000", "074015.795000", "074016.955000", "074018.115000", "074019.275000", "074020.435000", "074021.595000", "074022.755000", "074023.915000", "074025.075000", "074026.235000", "074027.395000", "074028.555000", "074029.715000", "074030.875000", "074032.035000", "074033.195000", "074034.355000", "074035.515000", "074036.675000", "074037.835000", "074038.995000", "074040.155000", "074041.315000", "074042.475000", "074043.635000", "074044.795000", "074045.955000", "074047.115000", "074048.275000", "074049.435000", "074050.595000", "074051.755000", "074052.915000", "074054.075000", "074055.235000", "074056.395000", "074057.555000", "074058.715000", "074059.875000", "074101.035000", "074102.195000", "074103.355000", "074104.515000", "074105.675000", "074106.837500", "074107.997500", "074109.157500", "074110.317500", "074111.477500", "074112.637500", "074113.797500", "074114.957500", "074116.117500", "074117.277500", "074118.437500", "074119.597500", "074120.757500", "074121.917500", "074123.077500", "074124.237500", "074125.397500", "074126.557500", "074127.717500", "074128.877500", "074130.037500", "074131.197500", "074132.357500", "074133.517500", "074134.677500", "074135.837500", "074136.997500", "074138.157500", "074139.317500", "074140.477500", "074141.637500", "074142.797500", "074143.957500", "074145.117500", "074146.277500", "074147.437500", "074148.597500", "074149.757500", "074150.917500", "074152.077500", "074153.237500", "074154.397500", "074155.557500", "074156.717500", "074157.877500", "074159.037500", "074200.197500", "074201.357500", "074202.517500", "074203.677500", "074204.837500", "074205.997500", "074207.157500", "074208.317500", "074209.477500", "074210.637500", "074211.797500", "074212.957500", "074214.117500", "074215.277500", "074216.437500", "074217.597500", "074218.757500", "074219.917500", "074221.077500", "074222.237500", "074223.397500", "074224.557500", "074225.717500", "074226.877500", "074228.037500", "074229.197500", "074230.357500", "074231.517500", "074232.677500", "074233.837500", "074234.997500", "074236.157500", "074237.317500", "074238.477500", "074239.637500", "074240.797500", "074241.957500", "074243.117500", "074244.277500", "074245.437500", "074246.597500", "074247.757500", "074248.917500", "074250.077500", "074251.237500", "074252.397500", "074253.557500", "074254.717500", "074255.877500", "074257.037500", "074258.197500", "074259.357500", "074300.517500", "074301.677500", "074302.837500", "074303.997500", "074305.157500", "074306.317500", "074307.477500", "074308.637500", "074309.797500", "074310.957500", "074312.117500", "074313.277500", "074314.437500", "074315.597500", "074316.757500", "074317.917500", "074319.077500", "074320.237500", "074321.397500", "074322.557500", "074323.717500", "074324.877500", "074326.037500", "074327.197500", "074328.357500", "074329.517500", "074330.677500", "074331.837500", "074332.997500", "074334.157500", "074335.317500", "074336.477500", "074337.637500", "074338.797500", "074339.957500", "074341.117500", "074342.277500", "074343.437500", "074344.597500", "074345.757500", "074346.917500", "074348.077500", "074349.237500", "074350.397500", "074351.557500", "074352.717500"], "ContentTime": ["073404.906000", "073412.093000", "073412.109000", "073412.109000", "073412.109000", "073412.109000", "073412.109000", "073417.093000", "073417.109000", "073417.109000", "073422.093000", "073422.109000", "073422.109000", "073422.109000", "073427.093000", "073427.109000", "073427.109000", "073427.109000", "073432.093000", "073432.109000", "073432.109000", "073432.109000", "073437.093000", "073437.109000", "073437.109000", "073442.093000", "073442.109000", "073442.109000", "073442.109000", "073447.093000", "073447.109000", "073447.109000", "073447.109000", "073452.093000", "073452.109000", "073452.109000", "073457.093000", "073457.109000", "073457.109000", "073457.109000", "073502.093000", "073502.109000", "073502.109000", "073502.109000", "073507.093000", "073507.109000", "073507.109000", "073512.093000", "073512.109000", "073512.109000", "073512.109000", "073517.093000", "073517.109000", "073517.109000", "073517.109000", "073522.093000", "073522.109000", "073522.109000", "073527.093000", "073527.109000", "073527.109000", "073527.109000", "073532.093000", "073532.109000", "073532.109000", "073537.093000", "073537.109000", "073537.109000", "073537.109000", "073542.093000", "073542.109000", "073542.109000", "073542.109000", "073547.093000", "073547.109000", "073547.109000", "073547.109000", "073552.093000", "073552.109000", "073552.109000", "073557.093000", "073557.109000", "073557.109000", "073557.125000", "073602.093000", "073602.109000", "073602.109000", "073602.109000", "073607.093000", "073607.109000", "073607.109000", "073607.109000", "073612.093000", "073612.109000", "073612.109000", "073617.093000", "073617.109000", "073617.109000", "073617.109000", "073622.093000", "073622.109000", "073622.109000", "073622.109000", "073627.093000", "073627.109000", "073627.109000", "073627.109000", "073632.093000", "073632.109000", "073632.109000", "073637.093000", "073637.109000", "073637.109000", "073637.109000", "073642.093000", "073642.109000", "073642.109000", "073642.109000", "073647.093000", "073647.109000", "073647.109000", "073652.093000", "073652.109000", "073652.109000", "073652.109000", "073657.093000", "073657.109000", "073657.109000", "073657.109000", "073702.093000", "073702.109000", "073702.109000", "073707.093000", "073707.109000", "073707.109000", "073707.109000", "073712.093000", "073712.109000", "073712.109000", "073712.109000", "073717.093000", "073717.109000", "073717.109000", "073717.109000", "073722.093000", "073722.109000", "073722.109000", "073727.093000", "073727.109000", "073727.109000", "073727.109000", "073732.093000", "073732.109000", "073732.109000", "073737.093000", "073737.109000", "073737.109000", "073737.109000", "073742.093000", "073742.109000", "073742.109000", "073742.109000", "073747.093000", "073747.109000", "073747.109000", "073747.109000", "073752.093000", "073752.109000", "073752.109000", "073757.093000", "073757.109000", "073757.109000", "073757.109000", "073802.093000", "073802.109000", "073802.109000", "073802.109000", "073807.093000", "073807.109000", "073807.109000", "073812.093000", "073812.109000", "073812.109000", "073812.109000", "073817.093000", "073817.109000", "073817.109000", "073817.109000", "073822.093000", "073822.109000", "073822.109000", "073822.109000", "073827.093000", "073827.109000", "073827.109000", "073832.093000", "073832.109000", "073832.109000", "073832.109000", "073837.093000", "073837.109000", "073837.109000", "073842.093000", "073842.109000", "073842.109000", "073842.109000", "073847.093000", "073847.109000", "073847.109000", "073847.109000", "073852.093000", "073852.109000", "073852.109000", "073857.093000", "073857.109000", "073857.109000", "073857.109000", "073902.093000", "073902.109000", "073902.109000", "073902.109000", "073907.109000", "073907.125000", "073907.125000", "073912.093000", "073912.109000", "073912.109000", "073912.109000", "073917.093000", "073917.109000", "073917.109000", "073917.109000", "073922.093000", "073922.109000", "073922.109000", "073927.093000", "073927.109000", "073927.109000", "073927.109000", "073932.093000", "073932.109000", "073932.109000", "073937.093000", "073937.109000", "073937.109000", "073937.125000", "073942.093000", "073942.109000", "073942.109000", "073942.109000", "073947.093000", "073947.109000", "073947.109000", "073947.109000", "073952.093000", "073952.109000", "073952.109000", "073957.093000", "073957.109000", "073957.109000", "073957.109000", "074002.093000", "074002.109000", "074002.109000", "074002.109000", "074007.093000", "074007.109000", "074007.109000", "074012.093000", "074012.109000", "074012.109000", "074012.109000", "074017.093000", "074017.109000", "074017.109000", "074017.109000", "074022.093000", "074022.109000", "074022.109000", "074027.093000", "074027.109000", "074027.109000", "074027.109000", "074032.093000", "074032.109000", "074032.109000", "074032.109000", "074037.093000", "074037.109000", "074037.109000", "074037.109000", "074042.093000", "074042.109000", "074042.109000", "074047.093000", "074047.109000", "074047.109000", "074047.109000", "074052.093000", "074052.109000", "074052.109000", "074052.109000", "074057.093000", "074057.109000", "074057.109000", "074102.093000", "074102.109000", "074102.109000", "074102.109000", "074107.093000", "074107.109000", "074107.109000", "074107.109000", "074112.093000", "074112.109000", "074112.125000", "074117.093000", "074117.109000", "074117.109000", "074117.109000", "074122.093000", "074122.109000", "074122.109000", "074122.109000", "074127.093000", "074127.109000", "074127.109000", "074132.093000", "074132.109000", "074132.109000", "074132.109000", "074137.093000", "074137.109000", "074137.109000", "074137.109000", "074142.093000", "074142.109000", "074142.109000", "074142.109000", "074147.093000", "074147.109000", "074147.109000", "074147.109000", "074152.093000", "074152.109000", "074152.109000", "074157.093000", "074157.109000", "074157.109000", "074157.109000", "074202.093000", "074202.109000", "074202.109000", "074202.109000", "074207.093000", "074207.109000", "074207.109000", "074212.093000", "074212.109000", "074212.109000", "074212.109000", "074217.093000", "074217.109000", "074217.109000", "074217.109000", "074222.093000", "074222.109000", "074222.109000", "074227.093000", "074227.109000", "074227.109000", "074227.109000", "074232.093000", "074232.109000", "074232.109000", "074232.109000", "074237.093000", "074237.109000", "074237.109000", "074237.109000", "074242.093000", "074242.109000", "074242.109000", "074247.093000", "074247.109000", "074247.109000", "074247.109000", "074252.093000", "074252.109000", "074252.109000", "074252.109000", "074257.093000", "074257.109000", "074257.109000", "074257.109000", "074302.093000", "074302.109000", "074302.109000", "074307.093000", "074307.109000", "074307.109000", "074307.125000", "074312.093000", "074312.109000", "074312.109000", "074312.109000", "074317.093000", "074317.109000", "074317.125000", "074317.125000", "074322.093000", "074322.109000", "074322.109000", "074322.125000", "074327.093000", "074327.109000", "074327.109000", "074332.093000", "074332.109000", "074332.140000", "074337.093000", "074337.109000", "074337.109000", "074337.109000", "074342.093000", "074342.109000", "074342.109000", "074342.109000", "074347.093000", "074347.109000", "074347.109000", "074352.093000", "074352.109000", "074352.125000", "074352.125000", "074357.093000", "074357.109000", "074357.109000", "074357.109000", "074402.093000", "074402.109000", "074402.109000", "074402.109000", "074407.093000", "074407.109000", "074407.109000", "074407.109000", "074412.093000", "074412.109000", "074412.109000", "074412.109000", "074417.093000", "074417.109000", "074417.109000", "074417.109000", "074422.093000", "074422.109000", "074422.109000", "074422.109000", "074427.093000", "074427.109000", "074427.109000", "074432.093000", "074432.109000", "074432.109000", "074432.109000", "074437.093000", "074437.109000", "074437.109000", "074437.109000", "074442.093000", "074442.109000", "074442.109000", "074442.109000", "074447.093000", "074447.109000", "074447.109000", "074447.109000", "074452.093000", "074452.109000", "074452.109000", "074457.093000", "074457.109000", "074457.109000", "074457.109000", "074502.093000", "074502.109000", "074502.109000", "074507.093000", "074507.109000", "074507.109000", "074507.109000", "074512.093000", "074512.109000", "074512.109000", "074512.109000", "074517.093000", "074517.109000", "074517.109000", "074522.093000", "074522.109000", "074522.109000", "074522.109000", "074527.093000", "074527.109000", "074527.109000", "074532.093000", "074532.109000", "074532.109000", "074532.109000", "074537.093000", "074537.109000", "074537.109000", "074542.093000", "074542.109000", "074542.109000", "074542.109000", "074542.187000"], "InstanceCreationTime": ["073404.906000", "073412.093000", "073412.109000", "073412.109000", "073412.109000", "073412.109000", "073412.109000", "073417.093000", "073417.109000", "073417.109000", "073422.093000", "073422.109000", "073422.109000", "073422.109000", "073427.093000", "073427.109000", "073427.109000", "073427.109000", "073432.093000", "073432.109000", "073432.109000", "073432.109000", "073437.093000", "073437.109000", "073437.109000", "073442.093000", "073442.109000", "073442.109000", "073442.109000", "073447.093000", "073447.109000", "073447.109000", "073447.109000", "073452.093000", "073452.109000", "073452.109000", "073457.093000", "073457.109000", "073457.109000", "073457.109000", "073502.093000", "073502.109000", "073502.109000", "073502.109000", "073507.093000", "073507.109000", "073507.109000", "073512.093000", "073512.109000", "073512.109000", "073512.109000", "073517.093000", "073517.109000", "073517.109000", "073517.109000", "073522.093000", "073522.109000", "073522.109000", "073527.093000", "073527.109000", "073527.109000", "073527.109000", "073532.093000", "073532.109000", "073532.109000", "073537.093000", "073537.109000", "073537.109000", "073537.109000", "073542.093000", "073542.109000", "073542.109000", "073542.109000", "073547.093000", "073547.109000", "073547.109000", "073547.109000", "073552.093000", "073552.109000", "073552.109000", "073557.093000", "073557.109000", "073557.109000", "073557.125000", "073602.093000", "073602.109000", "073602.109000", "073602.109000", "073607.093000", "073607.109000", "073607.109000", "073607.109000", "073612.093000", "073612.109000", "073612.109000", "073617.093000", "073617.109000", "073617.109000", "073617.109000", "073622.093000", "073622.109000", "073622.109000", "073622.109000", "073627.093000", "073627.109000", "073627.109000", "073627.109000", "073632.093000", "073632.109000", "073632.109000", "073637.093000", "073637.109000", "073637.109000", "073637.109000", "073642.093000", "073642.109000", "073642.109000", "073642.109000", "073647.093000", "073647.109000", "073647.109000", "073652.093000", "073652.109000", "073652.109000", "073652.109000", "073657.093000", "073657.109000", "073657.109000", "073657.109000", "073702.093000", "073702.109000", "073702.109000", "073707.093000", "073707.109000", "073707.109000", "073707.109000", "073712.093000", "073712.109000", "073712.109000", "073712.109000", "073717.093000", "073717.109000", "073717.109000", "073717.109000", "073722.093000", "073722.109000", "073722.109000", "073727.093000", "073727.109000", "073727.109000", "073727.109000", "073732.093000", "073732.109000", "073732.109000", "073737.093000", "073737.109000", "073737.109000", "073737.109000", "073742.093000", "073742.109000", "073742.109000", "073742.109000", "073747.093000", "073747.109000", "073747.109000", "073747.109000", "073752.093000", "073752.109000", "073752.109000", "073757.093000", "073757.109000", "073757.109000", "073757.109000", "073802.093000", "073802.109000", "073802.109000", "073802.109000", "073807.093000", "073807.109000", "073807.109000", "073812.093000", "073812.109000", "073812.109000", "073812.109000", "073817.093000", "073817.109000", "073817.109000", "073817.109000", "073822.093000", "073822.109000", "073822.109000", "073822.109000", "073827.093000", "073827.109000", "073827.109000", "073832.093000", "073832.109000", "073832.109000", "073832.109000", "073837.093000", "073837.109000", "073837.109000", "073842.093000", "073842.109000", "073842.109000", "073842.109000", "073847.093000", "073847.109000", "073847.109000", "073847.109000", "073852.093000", "073852.109000", "073852.109000", "073857.093000", "073857.109000", "073857.109000", "073857.109000", "073902.093000", "073902.109000", "073902.109000", "073902.109000", "073907.109000", "073907.125000", "073907.125000", "073912.093000", "073912.109000", "073912.109000", "073912.109000", "073917.093000", "073917.109000", "073917.109000", "073917.109000", "073922.093000", "073922.109000", "073922.109000", "073927.093000", "073927.109000", "073927.109000", "073927.109000", "073932.093000", "073932.109000", "073932.109000", "073937.093000", "073937.109000", "073937.109000", "073937.125000", "073942.093000", "073942.109000", "073942.109000", "073942.109000", "073947.093000", "073947.109000", "073947.109000", "073947.109000", "073952.093000", "073952.109000", "073952.109000", "073957.093000", "073957.109000", "073957.109000", "073957.109000", "074002.093000", "074002.109000", "074002.109000", "074002.109000", "074007.093000", "074007.109000", "074007.109000", "074012.093000", "074012.109000", "074012.109000", "074012.109000", "074017.093000", "074017.109000", "074017.109000", "074017.109000", "074022.093000", "074022.109000", "074022.109000", "074027.093000", "074027.109000", "074027.109000", "074027.109000", "074032.093000", "074032.109000", "074032.109000", "074032.109000", "074037.093000", "074037.109000", "074037.109000", "074037.109000", "074042.093000", "074042.109000", "074042.109000", "074047.093000", "074047.109000", "074047.109000", "074047.109000", "074052.093000", "074052.109000", "074052.109000", "074052.109000", "074057.093000", "074057.109000", "074057.109000", "074102.093000", "074102.109000", "074102.109000", "074102.109000", "074107.093000", "074107.109000", "074107.109000", "074107.109000", "074112.093000", "074112.109000", "074112.125000", "074117.093000", "074117.109000", "074117.109000", "074117.109000", "074122.093000", "074122.109000", "074122.109000", "074122.109000", "074127.093000", "074127.109000", "074127.109000", "074132.093000", "074132.109000", "074132.109000", "074132.109000", "074137.093000", "074137.109000", "074137.109000", "074137.109000", "074142.093000", "074142.109000", "074142.109000", "074142.109000", "074147.093000", "074147.109000", "074147.109000", "074147.109000", "074152.093000", "074152.109000", "074152.109000", "074157.093000", "074157.109000", "074157.109000", "074157.109000", "074202.093000", "074202.109000", "074202.109000", "074202.109000", "074207.093000", "074207.109000", "074207.109000", "074212.093000", "074212.109000", "074212.109000", "074212.109000", "074217.093000", "074217.109000", "074217.109000", "074217.109000", "074222.093000", "074222.109000", "074222.109000", "074227.093000", "074227.109000", "074227.109000", "074227.109000", "074232.093000", "074232.109000", "074232.109000", "074232.109000", "074237.093000", "074237.109000", "074237.109000", "074237.109000", "074242.093000", "074242.109000", "074242.109000", "074247.093000", "074247.109000", "074247.109000", "074247.109000", "074252.093000", "074252.109000", "074252.109000", "074252.109000", "074257.093000", "074257.109000", "074257.109000", "074257.109000", "074302.093000", "074302.109000", "074302.109000", "074307.093000", "074307.109000", "074307.109000", "074307.125000", "074312.093000", "074312.109000", "074312.109000", "074312.109000", "074317.093000", "074317.109000", "074317.125000", "074317.125000", "074322.093000", "074322.109000", "074322.109000", "074322.125000", "074327.093000", "074327.109000", "074327.109000", "074332.093000", "074332.109000", "074332.140000", "074337.093000", "074337.109000", "074337.109000", "074337.109000", "074342.093000", "074342.109000", "074342.109000", "074342.109000", "074347.093000", "074347.109000", "074347.109000", "074352.093000", "074352.109000", "074352.125000", "074352.125000", "074357.093000", "074357.109000", "074357.109000", "074357.109000", "074402.093000", "074402.109000", "074402.109000", "074402.109000", "074407.093000", "074407.109000", "074407.109000", "074407.109000", "074412.093000", "074412.109000", "074412.109000", "074412.109000", "074417.093000", "074417.109000", "074417.109000", "074417.109000", "074422.093000", "074422.109000", "074422.109000", "074422.109000", "074427.093000", "074427.109000", "074427.109000", "074432.093000", "074432.109000", "074432.109000", "074432.109000", "074437.093000", "074437.109000", "074437.109000", "074437.109000", "074442.093000", "074442.109000", "074442.109000", "074442.109000", "074447.093000", "074447.109000", "074447.109000", "074447.109000", "074452.093000", "074452.109000", "074452.109000", "074457.093000", "074457.109000", "074457.109000", "074457.109000", "074502.093000", "074502.109000", "074502.109000", "074507.093000", "074507.109000", "074507.109000", "074507.109000", "074512.093000", "074512.109000", "074512.109000", "074512.109000", "074517.093000", "074517.109000", "074517.109000", "074522.093000", "074522.109000", "074522.109000", "074522.109000", "074527.093000", "074527.109000", "074527.109000", "074532.093000", "074532.109000", "074532.109000", "074532.109000", "074537.093000", "074537.109000", "074537.109000", "074542.093000", "074542.109000", "074542.109000", "074542.109000", "074542.187000"], "InstanceNumber": [1, 2, 3, 4, 5, 6, 7, 8, 9, 10, 11, 12, 13, 14, 15, 16, 17, 18, 19, 20, 21, 22, 23, 24, 25, 26, 27, 28, 29, 30, 31, 32, 33, 34, 35, 36, 37, 38, 39, 40, 41, 42, 43, 44, 45, 46, 47, 48, 49, 50, 51, 52, 53, 54, 55, 56, 57, 58, 59, 60, 61, 62, 63, 64, 65, 66, 67, 68, 69, 70, 71, 72, 73, 74, 75, 76, 77, 78, 79, 80, 81, 82, 83, 84, 85, 86, 87, 88, 89, 90, 91, 92, 93, 94, 95, 96, 97, 98, 99, 100, 101, 102, 103, 104, 105, 106, 107, 108, 109, 110, 111, 112, 113, 114, 115, 116, 117, 118, 119, 120, 121, 122, 123, 124, 125, 126, 127, 128, 129, 130, 131, 132, 133, 134, 135, 136, 137, 138, 139, 140, 141, 142, 143, 144, 145, 146, 147, 148, 149, 150, 151, 152, 153, 154, 155, 156, 157, 158, 159, 160, 161, 162, 163, 164, 165, 166, 167, 168, 169, 170, 171, 172, 173, 174, 175, 176, 177, 178, 179, 180, 181, 182, 183, 184, 185, 186, 187, 188, 189, 190, 191, 192, 193, 194, 195, 196, 197, 198, 199, 200, 201, 202, 203, 204, 205, 206, 207, 208, 209, 210, 211, 212, 213, 214, 215, 216, 217, 218, 219, 220, 221, 222, 223, 224, 225, 226, 227, 228, 229, 230, 231, 232, 233, 234, 235, 236, 237, 238, 239, 240, 241, 242, 243, 244, 245, 246, 247, 248, 249, 250, 251, 252, 253, 254, 255, 256, 257, 258, 259, 260, 261, 262, 263, 264, 265, 266, 267, 268, 269, 270, 271, 272, 273, 274, 275, 276, 277, 278, 279, 280, 281, 282, 283, 284, 285, 286, 287, 288, 289, 290, 291, 292, 293, 294, 295, 296, 297, 298, 299, 300, 301, 302, 303, 304, 305, 306, 307, 308, 309, 310, 311, 312, 313, 314, 315, 316, 317, 318, 319, 320, 321, 322, 323, 324, 325, 326, 327, 328, 329, 330, 331, 332, 333, 334, 335, 336, 337, 338, 339, 340, 341, 342, 343, 344, 345, 346, 347, 348, 349, 350, 351, 352, 353, 354, 355, 356, 357, 358, 359, 360, 361, 362, 363, 364, 365, 366, 367, 368, 369, 370, 371, 372, 373, 374, 375, 376, 377, 378, 379, 380, 381, 382, 383, 384, 385, 386, 387, 388, 389, 390, 391, 392, 393, 394, 395, 396, 397, 398, 399, 400, 401, 402, 403, 404, 405, 406, 407, 408, 409, 410, 411, 412, 413, 414, 415, 416, 417, 418, 419, 420, 421, 422, 423, 424, 425, 426, 427, 428, 429, 430, 431, 432, 433, 434, 435, 436, 437, 438, 439, 440, 441, 442, 443, 444, 445, 446, 447, 448, 449, 450, 451, 452, 453, 454, 455, 456, 457, 458, 459, 460, 461, 462, 463, 464, 465, 466, 467, 468, 469, 470, 471, 472, 473, 474, 475, 476, 477, 478, 479, 480, 481, 482, 483, 484, 485, 486, 487, 488, 489, 490, 491, 492, 493, 494, 495, 496, 497, 498, 499, 500, 501, 502, 503, 504, 505, 506, 507, 508, 509, 510, 511, 512, 513, 514, 515, 516, 517, 518], "LargestImagePixelValue": [26517, 29880, 26432, 25698, 29118, 26449, 25512, 29366, 25534, 25554, 29209, 27608, 29758, 27322, 25632, 27680, 27097, 25814, 28904, 25868, 28894, 29217, 25925, 26750, 25828, 27150, 28324, 28878, 28744, 25594, 29542, 25834, 28850, 27749, 30194, 29571, 27796, 33395, 25970, 25718, 28568, 28168, 29539, 25448, 25699, 27240, 25748, 25464, 25586, 26217, 33187, 25413, 25542, 29681, 25559, 25663, 28990, 26667, 29837, 27937, 25539, 25424, 27496, 28202, 27248, 27451, 25461, 28338, 25749, 26765, 27770, 26654, 28223, 25349, 25405, 28535, 28141, 27911, 27489, 27924, 25952, 26547, 27330, 27935, 25468, 33395, 25395, 25386, 25513, 30580, 25402, 25565, 25366, 26541, 25251, 25318, 28380, 25481, 25398, 27207, 25716, 25843, 25578, 31993, 25390, 25387, 27038, 25212, 25602, 25996, 25425, 25256, 25374, 25338, 25486, 26084, 25331, 25469, 31233, 25259, 26789, 25815, 29295, 27149, 27685, 25162, 26750, 27548, 31115, 27092, 28024, 25290, 29965, 25395, 28477, 25389, 28827, 25496, 25634, 27854, 25313, 30670, 27076, 31136, 27761, 25173, 27331, 25268, 27082, 25314, 27018, 26701, 32561, 25171, 28273, 25399, 26048, 26384, 27486, 25586, 25136, 25606, 25062, 26206, 25440, 25423, 26518, 32281, 25835, 27882, 24822, 25210, 25221, 24835, 24828, 24747, 24937, 25171, 25241, 25154, 25114, 25171, 25060, 25142, 25129, 25176, 25125, 25148, 25235, 25378, 25257, 25314, 25957, 25238, 25074, 25054, 25129, 27573, 25661, 24994, 24966, 24991, 25237, 24861, 25305, 26593, 24821, 24850, 25920, 24933, 29805, 24883, 28606, 24880, 25556, 30461, 27189, 31865, 25200, 25415, 25747, 26391, 26829, 25116, 25470, 33397, 25013, 25530, 25078, 25330, 24946, 27522, 25369, 25097, 25574, 24880, 25274, 26459, 28056, 25197, 30708, 25938, 26567, 27961, 29559, 25699, 24743, 30545, 24520, 24833, 25054, 25094, 29873, 24748, 24943, 24924, 25094, 26696, 27904, 24944, 25760, 24872, 30500, 24678, 24883, 24586, 25037, 26992, 24857, 25678, 32968, 24986, 25083, 30679, 26242, 31195, 24710, 25327, 32748, 24979, 24914, 25160, 28065, 26342, 25177, 25996, 24639, 24956, 24647, 25116, 25940, 26065, 25159, 27821, 25448, 24795, 25273, 24937, 27821, 33654, 28615, 24853, 26319, 27983, 32650, 26222, 26301, 24669, 26684, 30860, 24696, 24652, 24704, 24566, 25053, 25087, 24568, 27562, 27601, 24611, 24671, 24563, 26387, 24568, 24898, 30946, 24735, 28313, 24377, 24915, 24847, 27028, 33383, 24988, 29091, 24699, 25160, 28852, 24753, 24782, 25042, 24732, 24617, 24984, 27776, 26259, 28322, 25104, 32625, 26568, 24615, 27451, 27031, 25341, 26473, 29494, 27143, 24680, 28395, 28495, 24705, 24531, 24654, 24768, 27486, 25043, 24606, 24507, 27445, 32268, 24240, 24584, 29344, 24376, 24624, 24245, 24823, 27129, 25619, 26775, 33952, 25515, 24708, 29902, 29537, 24493, 30788, 26737, 26836, 24701, 24949, 25485, 25149, 27479, 26195, 24911, 24695, 26423, 24720, 30020, 25931, 27391, 24688, 25284, 29977, 25884, 27537, 32520, 24699, 25062, 33903, 27690, 26241, 33050, 26427, 24620, 25145, 24489, 25706, 27566, 26626, 26991, 27827, 29315, 24402, 24733, 30449, 24543, 24848, 25859, 30696, 26653, 25645, 31050, 25608, 24948, 29773, 26828, 25166, 28012, 24635, 24802, 34252, 27546, 26590, 26770, 25650, 24981, 25986, 27419, 28446, 25467, 24489, 30459, 25128, 25746, 25548, 24788, 25007, 24812, 27800, 26868, 30578, 29494, 29416, 25202, 32223, 27568, 25110, 34871, 27436, 25098, 27950, 24754, 24887, 24828, 28657, 24998, 29439, 25950, 25247, 30560, 26951, 24991, 30778, 24681, 27025, 30971, 24878, 26444, 31957, 26054, 24916, 30428, 26590, 27592, 28081, 25878, 26775, 29733, 24674, 27254, 25196, 31934, 25832, 24931, 30464, 24846, 26483, 25394, 31334, 24965, 25915, 31491, 25155, 27210, 28677, 25814], "WindowCenter": [10031.0, 10033.0, 10025.0, 10018.0, 10041.0, 10034.0, 10040.0, 10054.0, 10013.0, 10040.0, 10039.0, 10023.0, 10031.0, 10019.0, 10032.0, 10019.0, 10033.0, 10032.0, 10048.0, 10035.0, 10038.0, 10050.0, 10030.0, 10057.0, 10067.0, 10064.0, 10047.0, 10051.0, 10042.0, 10023.0, 10040.0, 10009.0, 10055.0, 10045.0, 10053.0, 10042.0, 10042.0, 10029.0, 10017.0, 10018.0, 10007.0, 9992.0, 10016.0, 9990.0, 9985.0, 10002.0, 9988.0, 10009.0, 9986.0, 9990.0, 10039.0, 9982.0, 10014.0, 10023.0, 9992.0, 10015.0, 10041.0, 10019.0, 10045.0, 10033.0, 9996.0, 10024.0, 10019.0, 10029.0, 10037.0, 10024.0, 10020.0, 10031.0, 10017.0, 10033.0, 10035.0, 10013.0, 10029.0, 10006.0, 10016.0, 10013.0, 10035.0, 10013.0, 10033.0, 10055.0, 10020.0, 10049.0, 10041.0, 10035.0, 9996.0, 10032.0, 9992.0, 9972.0, 9984.0, 10028.0, 9988.0, 9976.0, 9980.0, 9983.0, 9980.0, 9994.0, 9999.0, 9990.0, 9982.0, 9990.0, 9971.0, 9992.0, 10000.0, 10024.0, 9990.0, 10011.0, 9999.0, 9988.0, 10020.0, 10003.0, 10007.0, 9993.0, 9992.0, 9989.0, 10011.0, 9991.0, 10011.0, 10007.0, 10015.0, 10007.0, 10025.0, 10012.0, 10027.0, 10010.0, 10019.0, 10022.0, 10009.0, 10032.0, 10025.0, 10024.0, 10016.0, 10002.0, 10051.0, 10016.0, 10023.0, 10001.0, 10037.0, 10003.0, 10010.0, 10046.0, 10016.0, 10044.0, 10014.0, 10031.0, 10014.0, 10009.0, 10015.0, 10007.0, 10037.0, 10012.0, 10016.0, 9995.0, 10024.0, 9973.0, 9989.0, 10006.0, 10006.0, 9986.0, 10017.0, 9999.0, 10005.0, 10011.0, 9995.0, 10011.0, 9994.0, 9996.0, 10001.0, 10016.0, 9981.0, 10002.0, 9956.0, 9982.0, 9978.0, 9990.0, 9996.0, 9980.0, 9989.0, 9981.0, 9995.0, 9981.0, 10001.0, 9991.0, 9998.0, 9992.0, 9993.0, 9995.0, 9995.0, 9992.0, 9995.0, 9999.0, 9995.0, 10011.0, 10002.0, 10002.0, 9999.0, 10001.0, 9996.0, 9984.0, 9999.0, 10004.0, 10009.0, 9995.0, 9971.0, 10002.0, 9987.0, 10001.0, 9982.0, 9975.0, 9994.0, 9974.0, 10000.0, 9984.0, 10026.0, 10005.0, 10001.0, 10023.0, 9987.0, 10025.0, 9984.0, 9983.0, 10004.0, 10005.0, 10009.0, 10024.0, 10002.0, 10024.0, 9992.0, 9988.0, 9995.0, 9980.0, 10009.0, 10010.0, 9982.0, 9978.0, 9995.0, 9989.0, 10005.0, 10013.0, 10013.0, 9984.0, 10009.0, 9984.0, 10013.0, 9998.0, 9997.0, 9967.0, 9959.0, 9964.0, 9951.0, 9947.0, 9953.0, 9968.0, 9985.0, 9963.0, 9965.0, 9960.0, 9970.0, 9968.0, 9965.0, 9971.0, 9954.0, 9958.0, 9985.0, 9952.0, 9956.0, 9940.0, 9967.0, 9985.0, 9982.0, 9970.0, 9997.0, 9980.0, 9975.0, 9998.0, 9954.0, 9981.0, 9975.0, 9969.0, 10005.0, 9975.0, 9983.0, 10001.0, 9995.0, 9953.0, 9990.0, 9969.0, 9985.0, 9989.0, 9990.0, 9989.0, 9987.0, 9988.0, 9973.0, 9993.0, 9962.0, 9990.0, 10012.0, 10005.0, 10003.0, 10025.0, 9992.0, 9986.0, 9986.0, 9979.0, 9979.0, 9973.0, 9971.0, 9965.0, 9957.0, 9993.0, 9944.0, 9954.0, 9956.0, 9949.0, 9977.0, 9966.0, 9976.0, 10004.0, 9992.0, 9976.0, 9971.0, 9972.0, 9976.0, 9970.0, 9968.0, 9991.0, 9972.0, 9975.0, 9955.0, 9963.0, 9969.0, 9983.0, 10008.0, 9971.0, 9988.0, 9979.0, 9975.0, 9977.0, 9969.0, 9952.0, 9971.0, 9955.0, 9972.0, 10005.0, 9994.0, 9999.0, 9994.0, 9989.0, 10013.0, 9958.0, 9975.0, 9980.0, 9959.0, 9965.0, 9964.0, 9985.0, 9954.0, 9948.0, 9977.0, 9971.0, 9952.0, 9950.0, 9960.0, 9968.0, 9976.0, 9954.0, 9942.0, 9963.0, 9968.0, 9987.0, 9946.0, 9948.0, 9982.0, 9970.0, 9935.0, 9948.0, 9940.0, 9981.0, 9967.0, 9964.0, 9995.0, 9970.0, 9961.0, 9975.0, 9974.0, 9933.0, 9962.0, 9951.0, 9953.0, 9959.0, 9951.0, 9960.0, 9956.0, 9979.0, 9972.0, 9941.0, 9948.0, 9969.0, 9956.0, 9987.0, 9974.0, 9986.0, 9944.0, 9983.0, 10000.0, 9984.0, 9969.0, 10007.0, 9979.0, 9982.0, 10000.0, 9976.0, 9950.0, 9984.0, 9970.0, 9946.0, 9939.0, 9951.0, 9954.0, 9944.0, 9946.0, 9944.0, 9967.0, 9975.0, 9952.0, 9957.0, 9983.0, 9967.0, 9973.0, 9985.0, 9972.0, 9971.0, 9949.0, 9986.0, 9969.0, 9957.0, 9954.0, 9951.0, 9939.0, 9965.0, 9940.0, 9954.0, 9983.0, 9968.0, 9946.0, 9947.0, 9942.0, 9942.0, 9936.0, 9943.0, 9957.0, 9921.0, 9932.0, 9989.0, 9960.0, 9969.0, 9961.0, 9976.0, 9955.0, 9981.0, 9994.0, 9994.0, 9995.0, 9968.0, 9995.0, 9949.0, 9980.0, 9961.0, 9935.0, 9968.0, 9943.0, 9928.0, 9948.0, 9932.0, 9944.0, 9948.0, 9948.0, 9931.0, 9951.0, 9940.0, 9939.0, 9965.0, 9968.0, 9954.0, 9994.0, 9942.0, 9979.0, 10001.0, 9951.0, 9966.0, 10005.0, 9939.0, 9943.0, 9967.0, 9952.0, 9953.0, 9947.0, 9933.0, 9948.0, 9966.0, 9938.0, 9953.0, 9925.0, 9955.0, 9942.0, 9923.0, 9959.0, 9944.0, 9960.0, 9961.0, 9978.0, 9964.0, 9962.0, 9998.0, 9949.0, 9981.0, 9987.0, 9969.0], "WindowWidth": [21267.0, 21264.0, 21243.0, 21233.0, 21286.0, 21265.0, 21276.0, 21301.0, 21224.0, 21272.0, 21275.0, 21245.0, 21258.0, 21237.0, 21259.0, 21238.0, 21266.0, 21265.0, 21303.0, 21279.0, 21283.0, 21303.0, 21269.0, 21328.0, 21338.0, 21334.0, 21297.0, 21295.0, 21279.0, 21242.0, 21279.0, 21221.0, 21310.0, 21294.0, 21306.0, 21281.0, 21276.0, 21256.0, 21229.0, 21227.0, 21205.0, 21171.0, 21214.0, 21169.0, 21158.0, 21188.0, 21164.0, 21205.0, 21163.0, 21176.0, 21264.0, 21156.0, 21215.0, 21235.0, 21181.0, 21228.0, 21282.0, 21238.0, 21287.0, 21261.0, 21190.0, 21240.0, 21238.0, 21254.0, 21269.0, 21248.0, 21236.0, 21255.0, 21232.0, 21266.0, 21263.0, 21223.0, 21255.0, 21209.0, 21223.0, 21224.0, 21261.0, 21229.0, 21269.0, 21308.0, 21248.0, 21308.0, 21284.0, 21269.0, 21190.0, 21253.0, 21172.0, 21141.0, 21161.0, 21242.0, 21166.0, 21140.0, 21147.0, 21159.0, 21153.0, 21178.0, 21189.0, 21168.0, 21153.0, 21171.0, 21135.0, 21172.0, 21187.0, 21230.0, 21164.0, 21210.0, 21186.0, 21167.0, 21229.0, 21196.0, 21203.0, 21179.0, 21173.0, 21167.0, 21208.0, 21172.0, 21206.0, 21205.0, 21223.0, 21209.0, 21245.0, 21218.0, 21251.0, 21216.0, 21231.0, 21234.0, 21210.0, 21248.0, 21244.0, 21236.0, 21226.0, 21201.0, 21290.0, 21221.0, 21241.0, 21194.0, 21263.0, 21203.0, 21216.0, 21282.0, 21230.0, 21283.0, 21221.0, 21252.0, 21217.0, 21208.0, 21223.0, 21211.0, 21272.0, 21222.0, 21223.0, 21180.0, 21233.0, 21136.0, 21175.0, 21206.0, 21204.0, 21168.0, 21224.0, 21185.0, 21199.0, 21212.0, 21181.0, 21212.0, 21179.0, 21180.0, 21188.0, 21223.0, 21152.0, 21186.0, 21098.0, 21144.0, 21136.0, 21160.0, 21176.0, 21145.0, 21164.0, 21151.0, 21177.0, 21151.0, 21192.0, 21176.0, 21192.0, 21178.0, 21175.0, 21177.0, 21177.0, 21172.0, 21178.0, 21190.0, 21188.0, 21213.0, 21196.0, 21192.0, 21187.0, 21192.0, 21187.0, 21162.0, 21187.0, 21198.0, 21205.0, 21177.0, 21135.0, 21187.0, 21160.0, 21192.0, 21149.0, 21133.0, 21169.0, 21130.0, 21182.0, 21154.0, 21237.0, 21201.0, 21198.0, 21238.0, 21164.0, 21237.0, 21162.0, 21158.0, 21201.0, 21207.0, 21212.0, 21239.0, 21194.0, 21235.0, 21173.0, 21170.0, 21187.0, 21158.0, 21207.0, 21204.0, 21152.0, 21144.0, 21176.0, 21168.0, 21199.0, 21220.0, 21218.0, 21157.0, 21201.0, 21161.0, 21226.0, 21186.0, 21173.0, 21109.0, 21091.0, 21099.0, 21075.0, 21069.0, 21079.0, 21112.0, 21147.0, 21105.0, 21107.0, 21102.0, 21120.0, 21116.0, 21109.0, 21114.0, 21081.0, 21092.0, 21141.0, 21086.0, 21092.0, 21062.0, 21114.0, 21149.0, 21142.0, 21121.0, 21176.0, 21144.0, 21133.0, 21179.0, 21092.0, 21140.0, 21128.0, 21121.0, 21191.0, 21136.0, 21153.0, 21196.0, 21177.0, 21098.0, 21162.0, 21125.0, 21150.0, 21167.0, 21170.0, 21164.0, 21160.0, 21159.0, 21128.0, 21172.0, 21115.0, 21166.0, 21212.0, 21201.0, 21198.0, 21237.0, 21169.0, 21155.0, 21151.0, 21134.0, 21140.0, 21119.0, 21118.0, 21108.0, 21089.0, 21161.0, 21066.0, 21082.0, 21091.0, 21081.0, 21136.0, 21118.0, 21135.0, 21186.0, 21161.0, 21128.0, 21119.0, 21125.0, 21133.0, 21119.0, 21118.0, 21157.0, 21119.0, 21131.0, 21091.0, 21113.0, 21121.0, 21142.0, 21190.0, 21125.0, 21159.0, 21135.0, 21133.0, 21135.0, 21116.0, 21087.0, 21125.0, 21097.0, 21126.0, 21190.0, 21173.0, 21179.0, 21171.0, 21160.0, 21212.0, 21104.0, 21133.0, 21142.0, 21102.0, 21107.0, 21104.0, 21149.0, 21088.0, 21078.0, 21132.0, 21119.0, 21082.0, 21081.0, 21096.0, 21113.0, 21130.0, 21086.0, 21062.0, 21106.0, 21114.0, 21145.0, 21067.0, 21074.0, 21133.0, 21116.0, 21052.0, 21071.0, 21060.0, 21135.0, 21107.0, 21103.0, 21162.0, 21115.0, 21098.0, 21125.0, 21124.0, 21044.0, 21091.0, 21070.0, 21080.0, 21090.0, 21077.0, 21098.0, 21093.0, 21138.0, 21128.0, 21064.0, 21079.0, 21118.0, 21093.0, 21148.0, 21128.0, 21147.0, 21071.0, 21146.0, 21182.0, 21150.0, 21130.0, 21196.0, 21141.0, 21147.0, 21181.0, 21129.0, 21080.0, 21142.0, 21120.0, 21070.0, 21054.0, 21077.0, 21078.0, 21065.0, 21065.0, 21062.0, 21105.0, 21118.0, 21076.0, 21091.0, 21147.0, 21115.0, 21124.0, 21148.0, 21125.0, 21119.0, 21080.0, 21150.0, 21114.0, 21088.0, 21084.0, 21075.0, 21053.0, 21104.0, 21061.0, 21084.0, 21144.0, 21108.0, 21065.0, 21065.0, 21057.0, 21057.0, 21043.0, 21055.0, 21089.0, 21021.0, 21037.0, 21146.0, 21096.0, 21113.0, 21101.0, 21134.0, 21104.0, 21147.0, 21176.0, 21171.0, 21172.0, 21120.0, 21167.0, 21082.0, 21138.0, 21093.0, 21044.0, 21103.0, 21051.0, 21022.0, 21064.0, 21040.0, 21058.0, 21064.0, 21065.0, 21029.0, 21068.0, 21052.0, 21049.0, 21103.0, 21111.0, 21090.0, 21166.0, 21070.0, 21135.0, 21180.0, 21088.0, 21111.0, 21187.0, 21063.0, 21062.0, 21106.0, 21076.0, 21072.0, 21062.0, 21036.0, 21069.0, 21097.0, 21044.0, 21072.0, 21019.0, 21078.0, 21056.0, 21019.0, 21088.0, 21065.0, 21094.0, 21097.0, 21135.0, 21101.0, 21104.0, 21175.0, 21080.0, 21143.0, 21158.0, 21115.0]}, "slices": {}}}