{"AcquisitionMatrixPE": 96, "AcquisitionNumber": 1, "AcquisitionTime": "07:44:39.447500", "BandwidthPerPixelPhaseEncode": 33.602, "BaseResolution": 96, "BodyPartExamined": "BRAIN", "ConsistencyInfo": "N4_VD11D_LATEST_20110129", "ConversionSoftware": "dcm2niix", "ConversionSoftwareVersion": "v1.0.20210317", "DerivedVendorReportedEchoSpacing": 0.000620003, "DeviceSerialNumber": "45239", "DwellTime": 2.6e-06, "EchoTime": 0.03, "EchoTrainLength": 48, "EffectiveEchoSpacing": 0.000310001, "FlipAngle": 63, "ImageComments": "Unaliased MB4/PE3", "ImageOrientationPatientDICOM": [0.999954, -0.00844742, 0.00460569, 0.0096214, 0.877942, -0.47867], "ImageType": ["ORIGINAL", "PRIMARY", "M", "ND", "NORM", "MOSAIC"], "ImagingFrequency": 123.193, "InPlanePhaseEncodingDirectionDICOM": "COL", "InstitutionAddress": "E 24th St. 100,Austin,Southmiddle,US,78712", "InstitutionName": "Univ of Texas at Austin", "InstitutionalDepartmentName": "IRC", "MRAcquisitionType": "2D", "MagneticFieldStrength": 3, "Manufacturer": "Siemens", "ManufacturersModelName": "Skyra", "Modality": "MR", "MultibandAccelerationFactor": 4, "ParallelReductionFactorInPlane": 2, "PartialFourier": 1, "PatientPosition": "HFS", "PercentPhaseFOV": 100, "PercentSampling": 100, "PhaseEncodingDirection": "j-", "PhaseEncodingSteps": 96, "PhaseResolution": 1, "PixelBandwidth": 2005, "ProcedureStepDescription": "Poldrack2^self-scanning", "ProtocolName": "Breath_Hold", "PulseSequenceDetails": "%CustomerSeq%\\cmrr_mbep2d_bold", "ReceiveCoilActiveElements": "HEA;HEP", "ReceiveCoilName": "Head_32", "ReconMatrixPE": 96, "RefLinesPE": 94, "RepetitionTime": 1.16, "SAR": 0.102704, "ScanOptions": "FS", "ScanningSequence": "EP", "SequenceName": "epfid2d1_96", "SequenceVariant": "SK", "SeriesDescription": "Breath_Hold", "SeriesNumber": 8, "ShimSetting": [-2785, 8042, -15451, 146, -189, 105, 224, -108], "SliceThickness": 2, "SliceTiming": [0, 0.5, 0.9975, 0.3575, 0.855, 0.215, 0.7125, 0.0725, 0.57, 1.0675, 0.4275, 0.925, 0.285, 0.7825, 0.1425, 0.6425, 0, 0.5, 0.9975, 0.3575, 0.855, 0.215, 0.7125, 0.0725, 0.57, 1.0675, 0.4275, 0.925, 0.285, 0.7825, 0.1425, 0.6425, 0, 0.5, 0.9975, 0.3575, 0.855, 0.215, 0.7125, 0.0725, 0.57, 1.0675, 0.4275, 0.925, 0.285, 0.7825, 0.1425, 0.6425, 0, 0.5, 0.9975, 0.3575, 0.855, 0.215, 0.7125, 0.0725, 0.57, 1.0675, 0.4275, 0.925, 0.285, 0.7825, 0.1425, 0.6425], "SoftwareVersions": "syngo MR D11", "SpacingBetweenSlices": 2.4, "StationName": "AWP45239", "TaskName": "Breath holding task", "TotalReadoutTime": 0.0294501, "TxRefAmp": 346.593, "WipMemBlock": "5e7c6f16-8746-4277-a4ab-5f84377463b3||Sequence: VD11D r206; Feb 13 2013 18:52:04 by eja", "dcmmeta_affine": [[-2.3957223892211914, 0.02305125817656517, 2.6198188507464693e-08, 118.4505844116211], [0.02023860067129135, 2.103403329849243, -1.1488604545593262, -84.18856811523438], [0.011034472845494747, 1.1468127965927124, 2.10715913772583, -83.45386505126953], [0.0, 0.0, 0.0, 1.0]], "dcmmeta_reorient_transform": [[0.0, -1.0, 0.0, 95.0], [1.0, 0.0, 0.0, 0.0], [0.0, 0.0, 1.0, 0.0], [0.0, 0.0, 0.0, 1.0]], "dcmmeta_shape": [96, 96, 64, 318], "dcmmeta_slice_dim": 2, "dcmmeta_version": 0.6, "global": {"const": {"AcquisitionMatrix": [96, 0, 0, 96], "AngioFlag": "N", "BitsAllocated": 16, "BitsStored": 16, "BodyPartExamined": "BRAIN", "Columns": 768, "EchoNumbers": 1, "EchoTime": 30.0, "EchoTrainLength": 48, "FlipAngle": 63.0, "HighBit": 15, "ImageOrientationPatient": [0.99995371330424, -0.0084474160802, 0.00460569328358, 0.00962139537975, 0.87794233259763, -0.4786697080284], "ImagePositionPatient": [-933.34839012522, -815.57814372236, 407.11487320804], "ImageType": ["ORIGINAL", "PRIMARY", "M", "ND", "NORM", "MOSAIC"], "ImagedNucleus": "1H", "ImagingFrequency": 123.193295, "InPlanePhaseEncodingDirection": "COL", "MRAcquisitionType": "2D", "MagneticFieldStrength": 3.0, "Manufacturer": "SIEMENS", "ManufacturerModelName": "Skyra", "Modality": "MR", "NumberOfAverages": 1.0, "NumberOfPhaseEncodingSteps": 96, "PercentPhaseFieldOfView": 100.0, "PercentSampling": 100.0, "PerformedProcedureStepStartTime": "072514.718000", "PhotometricInterpretation": "MONOCHROME2", "PixelBandwidth": 2005.0, "PixelRepresentation": 0, "PixelSpacing": [2.3958332538605, 2.3958332538605], "ProtocolName": "Breath_Hold", "RepetitionTime": 1160.0, "Rows": 768, "SAR": 0.10270405920826, "SamplesPerPixel": 1, "ScanOptions": "FS", "ScanningSequence": "EP", "SequenceName": "epfid2d1_96", "SequenceVariant": "SK", "SeriesDescription": "Breath_Hold", "SeriesNumber": 8, "SeriesTime": "074557.218000", "SliceLocation": -32.970686522367, "SliceThickness": 2.0, "SmallestImagePixelValue": 0, "SoftwareVersions": "syngo MR D11", "SpacingBetweenSlices": 2.400000012463, "SpecificCharacterSet": "ISO_IR 100", "StudyID": "1", "StudyTime": "072514.671000", "TransmitCoilName": "Body", "VariableFlipAngleFlag": "N", "WindowCenterWidthExplanation": "Algo1", "dBdt": 0.0}, "slices": {}}, "time": {"samples": {"AcquisitionNumber": [1, 2, 3, 4, 5, 6, 7, 8, 9, 10, 11, 12, 13, 14, 15, 16, 17, 18, 19, 20, 21, 22, 23, 24, 25, 26, 27, 28, 29, 30, 31, 32, 33, 34, 35, 36, 37, 38, 39, 40, 41, 42, 43, 44, 45, 46, 47, 48, 49, 50, 51, 52, 53, 54, 55, 56, 57, 58, 59, 60, 61, 62, 63, 64, 65, 66, 67, 68, 69, 70, 71, 72, 73, 74, 75, 76, 77, 78, 79, 80, 81, 82, 83, 84, 85, 86, 87, 88, 89, 90, 91, 92, 93, 94, 95, 96, 97, 98, 99, 100, 101, 102, 103, 104, 105, 106, 107, 108, 109, 110, 111, 112, 113, 114, 115, 116, 117, 118, 119, 120, 121, 122, 123, 124, 125, 126, 127, 128, 129, 130, 131, 132, 133, 134, 135, 136, 137, 138, 139, 140, 141, 142, 143, 144, 145, 146, 147, 148, 149, 150, 151, 152, 153, 154, 155, 156, 157, 158, 159, 160, 161, 162, 163, 164, 165, 166, 167, 168, 169, 170, 171, 172, 173, 174, 175, 176, 177, 178, 179, 180, 181, 182, 183, 184, 185, 186, 187, 188, 189, 190, 191, 192, 193, 194, 195, 196, 197, 198, 199, 200, 201, 202, 203, 204, 205, 206, 207, 208, 209, 210, 211, 212, 213, 214, 215, 216, 217, 218, 219, 220, 221, 222, 223, 224, 225, 226, 227, 228, 229, 230, 231, 232, 233, 234, 235, 236, 237, 238, 239, 240, 241, 242, 243, 244, 245, 246, 247, 248, 249, 250, 251, 252, 253, 254, 255, 256, 257, 258, 259, 260, 261, 262, 263, 264, 265, 266, 267, 268, 269, 270, 271, 272, 273, 274, 275, 276, 277, 278, 279, 280, 281, 282, 283, 284, 285, 286, 287, 288, 289, 290, 291, 292, 293, 294, 295, 296, 297, 298, 299, 300, 301, 302, 303, 304, 305, 306, 307, 308, 309, 310, 311, 312, 313, 314, 315, 316, 317, 318], "AcquisitionTime": ["074439.447500", "074508.447500", "074509.607500", "074510.767500", "074511.927500", "074513.087500", "074514.247500", "074515.407500", "074516.567500", "074517.727500", "074518.887500", "074520.047500", "074521.207500", "074522.367500", "074523.527500", "074524.687500", "074525.847500", "074527.007500", "074528.167500", "074529.327500", "074530.487500", "074531.647500", "074532.807500", "074533.967500", "074535.127500", "074536.287500", "074537.447500", "074538.607500", "074539.767500", "074540.927500", "074542.087500", "074543.247500", "074544.407500", "074545.567500", "074546.727500", "074547.887500", "074549.047500", "074550.207500", "074551.367500", "074552.527500", "074553.687500", "074554.847500", "074556.007500", "074557.167500", "074558.327500", "074559.487500", "074600.647500", "074601.807500", "074602.967500", "074604.127500", "074605.287500", "074606.447500", "074607.607500", "074608.767500", "074609.927500", "074611.087500", "074612.247500", "074613.407500", "074614.567500", "074615.727500", "074616.887500", "074618.047500", "074619.207500", "074620.367500", "074621.527500", "074622.687500", "074623.847500", "074625.007500", "074626.167500", "074627.327500", "074628.487500", "074629.647500", "074630.807500", "074631.967500", "074633.127500", "074634.287500", "074635.447500", "074636.607500", "074637.767500", "074638.927500", "074640.087500", "074641.247500", "074642.407500", "074643.567500", "074644.727500", "074645.887500", "074647.047500", "074648.207500", "074649.367500", "074650.527500", "074651.687500", "074652.847500", "074654.007500", "074655.167500", "074656.327500", "074657.487500", "074658.647500", "074659.810000", "074700.970000", "074702.130000", "074703.290000", "074704.450000", "074705.610000", "074706.770000", "074707.930000", "074709.090000", "074710.250000", "074711.410000", "074712.570000", "074713.730000", "074714.890000", "074716.050000", "074717.210000", "074718.370000", "074719.530000", "074720.690000", "074721.850000", "074723.010000", "074724.170000", "074725.330000", "074726.490000", "074727.650000", "074728.810000", "074729.970000", "074731.130000", "074732.290000", "074733.450000", "074734.610000", "074735.770000", "074736.930000", "074738.090000", "074739.250000", "074740.410000", "074741.570000", "074742.730000", "074743.890000", "074745.050000", "074746.210000", "074747.370000", "074748.530000", "074749.690000", "074750.850000", "074752.010000", "074753.170000", "074754.330000", "074755.490000", "074756.650000", "074757.810000", "074758.970000", "074800.130000", "074801.290000", "074802.450000", "074803.610000", "074804.770000", "074805.930000", "074807.090000", "074808.250000", "074809.410000", "074810.570000", "074811.730000", "074812.890000", "074814.050000", "074815.210000", "074816.370000", "074817.530000", "074818.690000", "074819.850000", "074821.010000", "074822.170000", "074823.330000", "074824.490000", "074825.650000", "074826.810000", "074827.970000", "074829.130000", "074830.290000", "074831.450000", "074832.610000", "074833.770000", "074834.930000", "074836.090000", "074837.250000", "074838.410000", "074839.570000", "074840.730000", "074841.890000", "074843.050000", "074844.210000", "074845.370000", "074846.530000", "074847.690000", "074848.850000", "074850.010000", "074851.170000", "074852.330000", "074853.490000", "074854.650000", "074855.810000", "074856.970000", "074858.130000", "074859.290000", "074900.450000", "074901.610000", "074902.770000", "074903.930000", "074905.090000", "074906.250000", "074907.410000", "074908.570000", "074909.730000", "074910.890000", "074912.050000", "074913.210000", "074914.370000", "074915.530000", "074916.690000", "074917.850000", "074919.010000", "074920.170000", "074921.330000", "074922.490000", "074923.650000", "074924.810000", "074925.970000", "074927.130000", "074928.290000", "074929.450000", "074930.610000", "074931.770000", "074932.930000", "074934.090000", "074935.250000", "074936.410000", "074937.570000", "074938.730000", "074939.890000", "074941.050000", "074942.210000", "074943.370000", "074944.530000", "074945.690000", "074946.850000", "074948.010000", "074949.170000", "074950.330000", "074951.490000", "074952.650000", "074953.810000", "074954.970000", "074956.130000", "074957.290000", "074958.450000", "074959.610000", "075000.770000", "075001.930000", "075003.090000", "075004.250000", "075005.410000", "075006.570000", "075007.730000", "075008.890000", "075010.050000", "075011.210000", "075012.370000", "075013.530000", "075014.690000", "075015.850000", "075017.010000", "075018.170000", "075019.330000", "075020.490000", "075021.650000", "075022.810000", "075023.970000", "075025.130000", "075026.290000", "075027.450000", "075028.610000", "075029.770000", "075030.930000", "075032.090000", "075033.250000", "075034.410000", "075035.570000", "075036.730000", "075037.890000", "075039.050000", "075040.210000", "075041.370000", "075042.530000", "075043.690000", "075044.850000", "075046.010000", "075047.170000", "075048.330000", "075049.490000", "075050.650000", "075051.810000", "075052.970000", "075054.130000", "075055.290000", "075056.450000", "075057.610000", "075058.770000", "075059.930000", "075101.090000", "075102.250000", "075103.410000", "075104.570000", "075105.730000", "075106.890000", "075108.050000", "075109.210000", "075110.370000", "075111.530000", "075112.690000", "075113.850000", "075115.010000"], "ContentTime": ["074557.218000", "074602.234000", "074602.234000", "074602.234000", "074602.234000", "074607.234000", "074607.234000", "074607.234000", "074607.234000", "074612.234000", "074612.234000", "074612.234000", "074617.234000", "074617.234000", "074617.234000", "074617.234000", "074622.234000", "074622.234000", "074622.234000", "074622.250000", "074627.234000", "074627.234000", "074627.234000", "074637.234000", "074637.234000", "074637.234000", "074637.234000", "074637.250000", "074637.250000", "074637.250000", "074637.250000", "074642.234000", "074642.234000", "074642.234000", "074647.234000", "074647.250000", "074647.250000", "074647.250000", "074652.234000", "074652.234000", "074652.234000", "074652.250000", "074657.234000", "074657.234000", "074657.234000", "074657.234000", "074702.234000", "074702.234000", "074702.234000", "074702.234000", "074707.234000", "074707.234000", "074707.234000", "074712.234000", "074712.234000", "074712.234000", "074712.234000", "074717.234000", "074717.234000", "074717.234000", "074717.234000", "074722.234000", "074722.234000", "074722.234000", "074722.234000", "074727.234000", "074727.234000", "074727.234000", "074732.234000", "074732.234000", "074732.234000", "074732.250000", "074737.234000", "074737.234000", "074737.234000", "074742.234000", "074742.234000", "074742.250000", "074742.250000", "074747.234000", "074747.234000", "074747.234000", "074747.234000", "074752.234000", "074752.234000", "074752.250000", "074757.234000", "074757.234000", "074757.234000", "074757.234000", "074802.234000", "074802.234000", "074802.234000", "074802.234000", "074807.234000", "074807.234000", "074807.234000", "074807.250000", "074812.234000", "074812.234000", "074812.234000", "074817.234000", "074817.234000", "074817.234000", "074817.234000", "074822.234000", "074822.234000", "074822.234000", "074827.234000", "074827.234000", "074827.234000", "074827.250000", "074832.234000", "074832.234000", "074832.234000", "074832.234000", "074837.234000", "074837.234000", "074837.234000", "074842.234000", "074842.234000", "074842.250000", "074842.250000", "074847.234000", "074847.234000", "074847.234000", "074847.234000", "074852.234000", "074852.234000", "074852.234000", "074857.234000", "074857.234000", "074857.234000", "074857.234000", "074902.234000", "074902.234000", "074902.250000", "074902.250000", "074907.234000", "074907.234000", "074907.234000", "074912.234000", "074912.234000", "074912.234000", "074912.234000", "074917.234000", "074917.234000", "074917.234000", "074917.234000", "074922.234000", "074922.234000", "074922.234000", "074922.234000", "074927.234000", "074927.234000", "074927.234000", "074932.234000", "074932.234000", "074932.234000", "074932.234000", "074937.234000", "074937.234000", "074937.234000", "074937.250000", "074942.234000", "074942.234000", "074942.234000", "074947.234000", "074947.234000", "074947.234000", "074947.250000", "074952.234000", "074952.234000", "074952.234000", "074952.234000", "074957.234000", "074957.234000", "074957.250000", "075002.234000", "075002.234000", "075002.250000", "075002.250000", "075007.234000", "075007.234000", "075007.234000", "075007.234000", "075012.234000", "075012.234000", "075012.234000", "075017.234000", "075017.234000", "075017.234000", "075017.234000", "075022.234000", "075022.234000", "075022.234000", "075022.234000", "075027.234000", "075027.234000", "075027.234000", "075027.234000", "075032.234000", "075032.234000", "075032.250000", "075037.234000", "075037.234000", "075037.234000", "075037.234000", "075042.234000", "075042.234000", "075042.250000", "075047.234000", "075047.234000", "075047.234000", "075047.234000", "075052.234000", "075052.234000", "075052.234000", "075057.234000", "075057.234000", "075057.234000", "075057.234000", "075102.234000", "075102.234000", "075102.234000", "075102.234000", "075107.234000", "075107.234000", "075107.234000", "075112.234000", "075112.234000", "075112.234000", "075112.234000", "075117.234000", "075117.234000", "075117.234000", "075117.234000", "075122.234000", "075122.234000", "075122.234000", "075122.234000", "075127.234000", "075127.234000", "075127.250000", "075132.234000", "075132.234000", "075132.234000", "075132.250000", "075137.234000", "075137.234000", "075137.234000", "075137.250000", "075142.234000", "075142.234000", "075142.234000", "075142.234000", "075142.234000", "075147.234000", "075147.234000", "075147.250000", "075152.234000", "075152.234000", "075152.234000", "075152.234000", "075157.234000", "075157.234000", "075157.234000", "075157.234000", "075157.234000", "075202.234000", "075202.250000", "075202.250000", "075202.250000", "075207.234000", "075207.234000", "075207.234000", "075207.234000", "075212.234000", "075212.234000", "075212.250000", "075212.250000", "075217.234000", "075217.234000", "075217.234000", "075217.234000", "075222.234000", "075222.234000", "075222.234000", "075222.234000", "075227.234000", "075227.234000", "075227.250000", "075227.250000", "075232.234000", "075232.234000", "075232.234000", "075232.234000", "075237.234000", "075237.234000", "075237.234000", "075237.234000", "075242.234000", "075242.234000", "075242.234000", "075242.234000", "075247.234000", "075247.234000", "075247.234000", "075247.234000", "075252.234000", "075252.234000", "075252.234000", "075252.234000", "075257.234000", "075257.234000", "075257.234000", "075257.234000", "075257.781000"], "InstanceCreationTime": ["074557.218000", "074602.234000", "074602.234000", "074602.234000", "074602.234000", "074607.234000", "074607.234000", "074607.234000", "074607.234000", "074612.234000", "074612.234000", "074612.234000", "074617.234000", "074617.234000", "074617.234000", "074617.234000", "074622.234000", "074622.234000", "074622.234000", "074622.250000", "074627.234000", "074627.234000", "074627.234000", "074637.234000", "074637.234000", "074637.234000", "074637.234000", "074637.250000", "074637.250000", "074637.250000", "074637.250000", "074642.234000", "074642.234000", "074642.234000", "074647.234000", "074647.250000", "074647.250000", "074647.250000", "074652.234000", "074652.234000", "074652.234000", "074652.250000", "074657.234000", "074657.234000", "074657.234000", "074657.234000", "074702.234000", "074702.234000", "074702.234000", "074702.234000", "074707.234000", "074707.234000", "074707.234000", "074712.234000", "074712.234000", "074712.234000", "074712.234000", "074717.234000", "074717.234000", "074717.234000", "074717.234000", "074722.234000", "074722.234000", "074722.234000", "074722.234000", "074727.234000", "074727.234000", "074727.234000", "074732.234000", "074732.234000", "074732.234000", "074732.250000", "074737.234000", "074737.234000", "074737.234000", "074742.234000", "074742.234000", "074742.250000", "074742.250000", "074747.234000", "074747.234000", "074747.234000", "074747.234000", "074752.234000", "074752.234000", "074752.250000", "074757.234000", "074757.234000", "074757.234000", "074757.234000", "074802.234000", "074802.234000", "074802.234000", "074802.234000", "074807.234000", "074807.234000", "074807.234000", "074807.250000", "074812.234000", "074812.234000", "074812.234000", "074817.234000", "074817.234000", "074817.234000", "074817.234000", "074822.234000", "074822.234000", "074822.234000", "074827.234000", "074827.234000", "074827.234000", "074827.250000", "074832.234000", "074832.234000", "074832.234000", "074832.234000", "074837.234000", "074837.234000", "074837.234000", "074842.234000", "074842.234000", "074842.250000", "074842.250000", "074847.234000", "074847.234000", "074847.234000", "074847.234000", "074852.234000", "074852.234000", "074852.234000", "074857.234000", "074857.234000", "074857.234000", "074857.234000", "074902.234000", "074902.234000", "074902.250000", "074902.250000", "074907.234000", "074907.234000", "074907.234000", "074912.234000", "074912.234000", "074912.234000", "074912.234000", "074917.234000", "074917.234000", "074917.234000", "074917.234000", "074922.234000", "074922.234000", "074922.234000", "074922.234000", "074927.234000", "074927.234000", "074927.234000", "074932.234000", "074932.234000", "074932.234000", "074932.234000", "074937.234000", "074937.234000", "074937.234000", "074937.250000", "074942.234000", "074942.234000", "074942.234000", "074947.234000", "074947.234000", "074947.234000", "074947.250000", "074952.234000", "074952.234000", "074952.234000", "074952.234000", "074957.234000", "074957.234000", "074957.250000", "075002.234000", "075002.234000", "075002.250000", "075002.250000", "075007.234000", "075007.234000", "075007.234000", "075007.234000", "075012.234000", "075012.234000", "075012.234000", "075017.234000", "075017.234000", "075017.234000", "075017.234000", "075022.234000", "075022.234000", "075022.234000", "075022.234000", "075027.234000", "075027.234000", "075027.234000", "075027.234000", "075032.234000", "075032.234000", "075032.250000", "075037.234000", "075037.234000", "075037.234000", "075037.234000", "075042.234000", "075042.234000", "075042.250000", "075047.234000", "075047.234000", "075047.234000", "075047.234000", "075052.234000", "075052.234000", "075052.234000", "075057.234000", "075057.234000", "075057.234000", "075057.234000", "075102.234000", "075102.234000", "075102.234000", "075102.234000", "075107.234000", "075107.234000", "075107.234000", "075112.234000", "075112.234000", "075112.234000", "075112.234000", "075117.234000", "075117.234000", "075117.234000", "075117.234000", "075122.234000", "075122.234000", "075122.234000", "075122.234000", "075127.234000", "075127.234000", "075127.250000", "075132.234000", "075132.234000", "075132.234000", "075132.250000", "075137.234000", "075137.234000", "075137.234000", "075137.250000", "075142.234000", "075142.234000", "075142.234000", "075142.234000", "075142.234000", "075147.234000", "075147.234000", "075147.250000", "075152.234000", "075152.234000", "075152.234000", "075152.234000", "075157.234000", "075157.234000", "075157.234000", "075157.234000", "075157.234000", "075202.234000", "075202.250000", "075202.250000", "075202.250000", "075207.234000", "075207.234000", "075207.234000", "075207.234000", "075212.234000", "075212.234000", "075212.250000", "075212.250000", "075217.234000", "075217.234000", "075217.234000", "075217.234000", "075222.234000", "075222.234000", "075222.234000", "075222.234000", "075227.234000", "075227.234000", "075227.250000", "075227.250000", "075232.234000", "075232.234000", "075232.234000", "075232.234000", "075237.234000", "075237.234000", "075237.234000", "075237.234000", "075242.234000", "075242.234000", "075242.234000", "075242.234000", "075247.234000", "075247.234000", "075247.234000", "075247.234000", "075252.234000", "075252.234000", "075252.234000", "075252.234000", "075257.234000", "075257.234000", "075257.234000", "075257.234000", "075257.781000"], "InstanceNumber": [1, 2, 3, 4, 5, 6, 7, 8, 9, 10, 11, 12, 13, 14, 15, 16, 17, 18, 19, 20, 21, 22, 23, 24, 25, 26, 27, 28, 29, 30, 31, 32, 33, 34, 35, 36, 37, 38, 39, 40, 41, 42, 43, 44, 45, 46, 47, 48, 49, 50, 51, 52, 53, 54, 55, 56, 57, 58, 59, 60, 61, 62, 63, 64, 65, 66, 67, 68, 69, 70, 71, 72, 73, 74, 75, 76, 77, 78, 79, 80, 81, 82, 83, 84, 85, 86, 87, 88, 89, 90, 91, 92, 93, 94, 95, 96, 97, 98, 99, 100, 101, 102, 103, 104, 105, 106, 107, 108, 109, 110, 111, 112, 113, 114, 115, 116, 117, 118, 119, 120, 121, 122, 123, 124, 125, 126, 127, 128, 129, 130, 131, 132, 133, 134, 135, 136, 137, 138, 139, 140, 141, 142, 143, 144, 145, 146, 147, 148, 149, 150, 151, 152, 153, 154, 155, 156, 157, 158, 159, 160, 161, 162, 163, 164, 165, 166, 167, 168, 169, 170, 171, 172, 173, 174, 175, 176, 177, 178, 179, 180, 181, 182, 183, 184, 185, 186, 187, 188, 189, 190, 191, 192, 193, 194, 195, 196, 197, 198, 199, 200, 201, 202, 203, 204, 205, 206, 207, 208, 209, 210, 211, 212, 213, 214, 215, 216, 217, 218, 219, 220, 221, 222, 223, 224, 225, 226, 227, 228, 229, 230, 231, 232, 233, 234, 235, 236, 237, 238, 239, 240, 241, 242, 243, 244, 245, 246, 247, 248, 249, 250, 251, 252, 253, 254, 255, 256, 257, 258, 259, 260, 261, 262, 263, 264, 265, 266, 267, 268, 269, 270, 271, 272, 273, 274, 275, 276, 277, 278, 279, 280, 281, 282, 283, 284, 285, 286, 287, 288, 289, 290, 291, 292, 293, 294, 295, 296, 297, 298, 299, 300, 301, 302, 303, 304, 305, 306, 307, 308, 309, 310, 311, 312, 313, 314, 315, 316, 317, 318], "LargestImagePixelValue": [26368, 25855, 25756, 26815, 25511, 25863, 28370, 25363, 26481, 25257, 25296, 34932, 25355, 25570, 25448, 25368, 25519, 25330, 25249, 25499, 25458, 26376, 25317, 25337, 25400, 26885, 25221, 25428, 25342, 25580, 25541, 25613, 25553, 25451, 25201, 26599, 25400, 25451, 25315, 25501, 26978, 25533, 25302, 25201, 25417, 25234, 25241, 25322, 25380, 25223, 25311, 25432, 25074, 25344, 25127, 25615, 26798, 25439, 25286, 25894, 25302, 27151, 28091, 25928, 25207, 35699, 25151, 31726, 26676, 25001, 35426, 25024, 26422, 26203, 25219, 25533, 25037, 25075, 25299, 25258, 25160, 25152, 28075, 25194, 25246, 26158, 25003, 25930, 25155, 25024, 25129, 25115, 26105, 24982, 25077, 24983, 25104, 25151, 25083, 25152, 25048, 25000, 25079, 25155, 25035, 26041, 24961, 25678, 26862, 25110, 24980, 24933, 26457, 25018, 25487, 25105, 37430, 30504, 27222, 27863, 26362, 25052, 37319, 25829, 24698, 24807, 26691, 24716, 27259, 25075, 24883, 26646, 24792, 24813, 24796, 24715, 24713, 24963, 24976, 24885, 24749, 29382, 24701, 24716, 24705, 24881, 25437, 24943, 25503, 24915, 24717, 24654, 24777, 24712, 24855, 24829, 25168, 24728, 24947, 24694, 24722, 25818, 25144, 26762, 24496, 25679, 24628, 26287, 25124, 33839, 25431, 25963, 28036, 30892, 27175, 26534, 24682, 26138, 28472, 24662, 28284, 24359, 24350, 24538, 24559, 24581, 25359, 24531, 27388, 24583, 24532, 24619, 24533, 24579, 24342, 24537, 25005, 24524, 24297, 24386, 24384, 24328, 24449, 24362, 24571, 24697, 24348, 24305, 24344, 24523, 24515, 24316, 24766, 24447, 26004, 24379, 26382, 24792, 24520, 24933, 24338, 26343, 26065, 29473, 25425, 26491, 27581, 24761, 29627, 24866, 26313, 26995, 25456, 24632, 26743, 24390, 24878, 25315, 24239, 25021, 25367, 24131, 24543, 24607, 24142, 24086, 24013, 24375, 24656, 24114, 25051, 24226, 24935, 25202, 24295, 25298, 24424, 25068, 24285, 25497, 24388, 24389, 24117, 24551, 24448, 25918, 24030, 23965, 24394, 25942, 26036, 24712, 27941, 29912, 27260, 25801, 24471, 30690, 27405, 25678, 29429, 24047, 25494, 26014, 25678, 24080, 24148, 24240, 24160, 24292, 23987, 23998, 24231, 24111, 26189, 24095, 24129, 24592, 24006, 24050, 24203, 24291, 24137, 24045, 24063, 24157, 24015, 24106, 24017, 24139, 23915, 25067, 23920, 25200, 23951, 24925, 23747, 25399], "WindowCenter": [10016.0, 9992.0, 9980.0, 10002.0, 9988.0, 9998.0, 9991.0, 9987.0, 9969.0, 9973.0, 9973.0, 9992.0, 9966.0, 9949.0, 9949.0, 9951.0, 9954.0, 9957.0, 9951.0, 9944.0, 9925.0, 9939.0, 9945.0, 9931.0, 9924.0, 9937.0, 9921.0, 9922.0, 9929.0, 9930.0, 9939.0, 9939.0, 9926.0, 9931.0, 9929.0, 9948.0, 9936.0, 9948.0, 9938.0, 9917.0, 9920.0, 9924.0, 9923.0, 9924.0, 9919.0, 9940.0, 9942.0, 9950.0, 9949.0, 9960.0, 9978.0, 9962.0, 9980.0, 10011.0, 9999.0, 10010.0, 10026.0, 10002.0, 10010.0, 10012.0, 10021.0, 10041.0, 10054.0, 10037.0, 10027.0, 10050.0, 9996.0, 9997.0, 9971.0, 9970.0, 9997.0, 9958.0, 9955.0, 9951.0, 9952.0, 9946.0, 9945.0, 9922.0, 9928.0, 9938.0, 9930.0, 9940.0, 9950.0, 9940.0, 9923.0, 9930.0, 9925.0, 9922.0, 9938.0, 9937.0, 9939.0, 9932.0, 9936.0, 9932.0, 9937.0, 9926.0, 9923.0, 9939.0, 9931.0, 9939.0, 9961.0, 9952.0, 9946.0, 9971.0, 9968.0, 10013.0, 9996.0, 10012.0, 10013.0, 10000.0, 10003.0, 9993.0, 10012.0, 10009.0, 10000.0, 10009.0, 10041.0, 10030.0, 9994.0, 9996.0, 9977.0, 9970.0, 10014.0, 9965.0, 9938.0, 9928.0, 9950.0, 9947.0, 9941.0, 9945.0, 9923.0, 9933.0, 9921.0, 9913.0, 9923.0, 9911.0, 9920.0, 9939.0, 9926.0, 9930.0, 9924.0, 9956.0, 9930.0, 9926.0, 9921.0, 9948.0, 9938.0, 9936.0, 9940.0, 9927.0, 9923.0, 9934.0, 9954.0, 9947.0, 9966.0, 9973.0, 9979.0, 9983.0, 9986.0, 9995.0, 9996.0, 9999.0, 10017.0, 10007.0, 10010.0, 10000.0, 10008.0, 10012.0, 10016.0, 10034.0, 10006.0, 9988.0, 9992.0, 9987.0, 10001.0, 10012.0, 9975.0, 9964.0, 9954.0, 9918.0, 9959.0, 9923.0, 9918.0, 9913.0, 9911.0, 9893.0, 9920.0, 9914.0, 9950.0, 9916.0, 9899.0, 9893.0, 9922.0, 9920.0, 9919.0, 9903.0, 9904.0, 9904.0, 9906.0, 9918.0, 9917.0, 9903.0, 9919.0, 9897.0, 9911.0, 9928.0, 9917.0, 9929.0, 9945.0, 9942.0, 9972.0, 9957.0, 9967.0, 9960.0, 9970.0, 9984.0, 9991.0, 9993.0, 10009.0, 9989.0, 9977.0, 9989.0, 9992.0, 10009.0, 9974.0, 9976.0, 9968.0, 9949.0, 9973.0, 9940.0, 9942.0, 9953.0, 9924.0, 9926.0, 9941.0, 9925.0, 9929.0, 9949.0, 9927.0, 9934.0, 9921.0, 9935.0, 9928.0, 9922.0, 9917.0, 9922.0, 9950.0, 9946.0, 9941.0, 9935.0, 9938.0, 9932.0, 9942.0, 9940.0, 9934.0, 9935.0, 9924.0, 9931.0, 9922.0, 9948.0, 9945.0, 9948.0, 9955.0, 9942.0, 9971.0, 9975.0, 9974.0, 9961.0, 9976.0, 9990.0, 9988.0, 9983.0, 10001.0, 10020.0, 10034.0, 10030.0, 9995.0, 10014.0, 9979.0, 9933.0, 9963.0, 9935.0, 9930.0, 9937.0, 9914.0, 9906.0, 9915.0, 9916.0, 9920.0, 9938.0, 9912.0, 9907.0, 9905.0, 9904.0, 9903.0, 9911.0, 9899.0, 9921.0, 9904.0, 9905.0, 9923.0, 9931.0, 9906.0, 9911.0, 9908.0, 9923.0, 9918.0, 9933.0, 9935.0, 9926.0, 9912.0, 9954.0, 9939.0, 9955.0, 9944.0, 9979.0, 9976.0, 9982.0], "WindowWidth": [21232.0, 21178.0, 21147.0, 21188.0, 21165.0, 21181.0, 21166.0, 21156.0, 21119.0, 21125.0, 21123.0, 21163.0, 21108.0, 21072.0, 21069.0, 21072.0, 21081.0, 21085.0, 21070.0, 21054.0, 21018.0, 21045.0, 21051.0, 21022.0, 21009.0, 21035.0, 21002.0, 21003.0, 21022.0, 21026.0, 21044.0, 21044.0, 21017.0, 21029.0, 21031.0, 21067.0, 21043.0, 21063.0, 21042.0, 21001.0, 21004.0, 21009.0, 21007.0, 21010.0, 21004.0, 21050.0, 21057.0, 21076.0, 21079.0, 21100.0, 21134.0, 21109.0, 21147.0, 21207.0, 21189.0, 21211.0, 21240.0, 21193.0, 21208.0, 21218.0, 21236.0, 21297.0, 21325.0, 21278.0, 21247.0, 21287.0, 21180.0, 21174.0, 21117.0, 21111.0, 21163.0, 21089.0, 21081.0, 21071.0, 21071.0, 21062.0, 21056.0, 21013.0, 21027.0, 21040.0, 21025.0, 21042.0, 21062.0, 21042.0, 21008.0, 21019.0, 21010.0, 21007.0, 21040.0, 21034.0, 21040.0, 21027.0, 21037.0, 21027.0, 21035.0, 21014.0, 21008.0, 21043.0, 21032.0, 21050.0, 21093.0, 21079.0, 21072.0, 21121.0, 21120.0, 21207.0, 21184.0, 21215.0, 21214.0, 21188.0, 21190.0, 21176.0, 21213.0, 21209.0, 21195.0, 21212.0, 21271.0, 21241.0, 21168.0, 21173.0, 21134.0, 21116.0, 21198.0, 21097.0, 21046.0, 21027.0, 21065.0, 21057.0, 21048.0, 21051.0, 21010.0, 21030.0, 21002.0, 20985.0, 21003.0, 20987.0, 21003.0, 21040.0, 21019.0, 21026.0, 21015.0, 21074.0, 21024.0, 21017.0, 21012.0, 21064.0, 21046.0, 21042.0, 21049.0, 21022.0, 21013.0, 21036.0, 21075.0, 21074.0, 21112.0, 21126.0, 21138.0, 21146.0, 21155.0, 21172.0, 21177.0, 21185.0, 21218.0, 21201.0, 21207.0, 21195.0, 21212.0, 21216.0, 21220.0, 21256.0, 21196.0, 21160.0, 21163.0, 21151.0, 21186.0, 21214.0, 21126.0, 21102.0, 21080.0, 21002.0, 21071.0, 21004.0, 20992.0, 20984.0, 20980.0, 20943.0, 20995.0, 20987.0, 21053.0, 20990.0, 20954.0, 20943.0, 20997.0, 20999.0, 20996.0, 20964.0, 20966.0, 20966.0, 20970.0, 20993.0, 20990.0, 20964.0, 20992.0, 20954.0, 20981.0, 21016.0, 20998.0, 21021.0, 21058.0, 21057.0, 21117.0, 21091.0, 21111.0, 21099.0, 21115.0, 21150.0, 21167.0, 21172.0, 21204.0, 21168.0, 21142.0, 21163.0, 21169.0, 21194.0, 21125.0, 21124.0, 21106.0, 21067.0, 21112.0, 21046.0, 21047.0, 21066.0, 21012.0, 21015.0, 21046.0, 21020.0, 21026.0, 21064.0, 21020.0, 21030.0, 21004.0, 21028.0, 21015.0, 21004.0, 20998.0, 21010.0, 21068.0, 21064.0, 21051.0, 21038.0, 21043.0, 21029.0, 21047.0, 21043.0, 21032.0, 21035.0, 21014.0, 21028.0, 21014.0, 21063.0, 21059.0, 21069.0, 21083.0, 21064.0, 21122.0, 21133.0, 21129.0, 21103.0, 21134.0, 21163.0, 21161.0, 21152.0, 21188.0, 21230.0, 21281.0, 21251.0, 21181.0, 21211.0, 21136.0, 21039.0, 21088.0, 21033.0, 21022.0, 21032.0, 20993.0, 20975.0, 20991.0, 20995.0, 21007.0, 21035.0, 20989.0, 20973.0, 20970.0, 20967.0, 20965.0, 20980.0, 20957.0, 20996.0, 20967.0, 20971.0, 21008.0, 21021.0, 20975.0, 20984.0, 20980.0, 21006.0, 20999.0, 21025.0, 21035.0, 21019.0, 20998.0, 21073.0, 21047.0, 21079.0, 21064.0, 21131.0, 21133.0, 21144.0]}, "slices": {}}}