{"AcquisitionMatrixPE": 128, "AcquisitionNumber": 1, "AcquisitionTime": "07:50:39.165000", "BandwidthPerPixelPhaseEncode": 16.622, "BaseResolution": 128, "BodyPartExamined": "BRAIN", "ConsistencyInfo": "N4_VD11D_LATEST_20110129", "ConversionSoftware": "dcm2niix", "ConversionSoftwareVersion": "v1.0.20210317", "DerivedVendorReportedEchoSpacing": 0.000940019, "DeviceSerialNumber": "45239", "DiffusionScheme": "Bipolar", "DwellTime": 2.2e-06, "EchoTime": 0.101, "EchoTrainLength": 47, "EffectiveEchoSpacing": 0.00047001, "FlipAngle": 90, "ImageComments": "Unaliased MB2/PE3", "ImageOrientationPatientDICOM": [1, -2.05103e-10, 0, 2.05103e-10, 1, 0], "ImageType": ["ORIGINAL", "PRIMARY", "DIFFUSION", "NONE", "ND", "MOSAIC"], "ImagingFrequency": 123.193, "InPlanePhaseEncodingDirectionDICOM": "ROW", "InstitutionAddress": "E 24th St. 100,Austin,Southmiddle,US,78712", "InstitutionName": "Univ of Texas at Austin", "InstitutionalDepartmentName": "IRC", "MRAcquisitionType": "2D", "MagneticFieldStrength": 3, "Manufacturer": "Siemens", "ManufacturersModelName": "Skyra", "Modality": "MR", "MultibandAccelerationFactor": 2, "ParallelReductionFactorInPlane": 2, "PartialFourier": 0.75, "PatientPosition": "HFS", "PercentPhaseFOV": 100, "PercentSampling": 100, "PhaseEncodingDirection": "i", "PhaseEncodingSteps": 95, "PhaseResolution": 1, "PixelBandwidth": 1775, "ProcedureStepDescription": "Poldrack2^self-scanning", "ProtocolName": "MBEPI with MDDW R-L", "PulseSequenceDetails": "%CustomerSeq%\\cmrr_mbep2d_diff", "ReceiveCoilActiveElements": "HEA;HEP", "ReceiveCoilName": "Head_32", "ReconMatrixPE": 128, "RefLinesPE": 24, "RepetitionTime": 5.5, "SAR": 0.228532, "ScanOptions": "PFP\\FS", "ScanningSequence": "EP", "SequenceName": "ep_b5#1", "SequenceVariant": "SK", "SeriesDescription": "MBEPI with MDDW R-L", "SeriesNumber": 7, "ShimSetting": [-2764, 7994, -15666, 106, -289, 66, 153, -80], "SliceThickness": 1.7, "SliceTiming": [0, 2.85, 0.2025, 3.055, 0.4075, 3.2575, 0.61, 3.4625, 0.815, 3.665, 1.0175, 3.87, 1.2225, 4.0725, 1.425, 4.2775, 1.63, 4.48, 1.8325, 4.685, 2.035, 4.8875, 2.24, 5.0925, 2.4425, 5.295, 2.6475, 0, 2.85, 0.2025, 3.055, 0.4075, 3.2575, 0.61, 3.4625, 0.815, 3.665, 1.0175, 3.87, 1.2225, 4.0725, 1.425, 4.2775, 1.63, 4.48, 1.8325, 4.685, 2.035, 4.8875, 2.24, 5.0925, 2.4425, 5.295, 2.6475], "SoftwareVersions": "syngo MR D11", "SpacingBetweenSlices": 1.7, "StationName": "AWP45239", "TotalReadoutTime": 0.0596912, "TxRefAmp": 338.389, "WipMemBlock": "e787c024-de08-4b7a-8b28-26314dc25855||Sequence: VD11D r154; May 23 2012 22:28:10 by eja", "dcmmeta_affine": [[-1.7421875, 3.573285833891049e-10, 0.0, 114.05999755859375], [3.573285833891049e-10, 1.7421875, 0.0, -125.7578125], [0.0, 0.0, 1.6999999284744263, -33.529998779296875], [0.0, 0.0, 0.0, 1.0]], "dcmmeta_reorient_transform": [[0.0, -1.0, 0.0, 127.0], [1.0, 0.0, 0.0, 0.0], [0.0, 0.0, 1.0, 0.0], [0.0, 0.0, 0.0, 1.0]], "dcmmeta_shape": [128, 128, 54, 68], "dcmmeta_slice_dim": 2, "dcmmeta_version": 0.6, "global": {"const": {"AcquisitionMatrix": [0, 128, 128, 0], "AngioFlag": "N", "BitsAllocated": 16, "BitsStored": 16, "BodyPartExamined": "BRAIN", "Columns": 1024, "EchoNumbers": 1, "EchoTime": 101.0, "EchoTrainLength": 47, "FlipAngle": 90.0, "HighBit": 15, "ImageOrientationPatient": [1.0, -2.051034e-10, 0.0, 2.051034e-10, 1.0, 0.0], "ImagePositionPatient": [-894.56000012573, -875.99999981705, -33.529998779297], "ImageType": ["ORIGINAL", "PRIMARY", "DIFFUSION", "NONE", "ND", "MOSAIC"], "ImagedNucleus": "1H", "ImagingFrequency": 123.193439, "InPlanePhaseEncodingDirection": "ROW", "MRAcquisitionType": "2D", "MagneticFieldStrength": 3.0, "Manufacturer": "SIEMENS", "ManufacturerModelName": "Skyra", "Modality": "MR", "NumberOfAverages": 1.0, "NumberOfPhaseEncodingSteps": 95, "PercentPhaseFieldOfView": 100.0, "PercentSampling": 100.0, "PerformedProcedureStepStartTime": "073441.109000", "PhotometricInterpretation": "MONOCHROME2", "PixelBandwidth": 1775.0, "PixelRepresentation": 0, "PixelSpacing": [1.7421875, 1.7421875], "ProtocolName": "MBEPI with MDDW R-L", "RepetitionTime": 5500.0, "Rows": 1024, "SAR": 0.22853151330014, "SamplesPerPixel": 1, "ScanOptions": ["PFP", "FS"], "ScanningSequence": "EP", "SequenceVariant": "SK", "SeriesDescription": "MBEPI with MDDW R-L", "SeriesNumber": 7, "SeriesTime": "075822.703000", "SliceLocation": -33.529998779297, "SliceThickness": 1.7000000476837, "SmallestImagePixelValue": 0, "SoftwareVersions": "syngo MR D11", "SpacingBetweenSlices": 1.6999999712098, "SpecificCharacterSet": "ISO_IR 100", "StudyID": "1", "StudyTime": "073441.000000", "TransmitCoilName": "Body", "VariableFlipAngleFlag": "N", "WindowCenterWidthExplanation": "Algo1", "dBdt": 0.0}, "slices": {}}, "time": {"samples": {"AcquisitionNumber": [1, 2, 3, 4, 5, 6, 7, 8, 9, 10, 11, 12, 13, 14, 15, 16, 17, 18, 19, 20, 21, 22, 23, 24, 25, 26, 27, 28, 29, 30, 31, 32, 33, 34, 35, 36, 37, 38, 39, 40, 41, 42, 43, 44, 45, 46, 47, 48, 49, 50, 51, 52, 53, 54, 55, 56, 57, 58, 59, 60, 61, 62, 63, 64, 65, 66, 67, 68], "AcquisitionTime": ["075039.165000", "075150.665000", "075156.165000", "075201.665000", "075207.165000", "075212.665000", "075218.165000", "075223.665000", "075229.165000", "075234.665000", "075240.165000", "075245.665000", "075251.165000", "075256.665000", "075302.165000", "075307.665000", "075313.165000", "075318.665000", "075324.165000", "075329.665000", "075335.165000", "075340.665000", "075346.165000", "075351.665000", "075357.165000", "075402.665000", "075408.165000", "075413.665000", "075419.165000", "075424.665000", "075430.165000", "075435.665000", "075441.165000", "075446.665000", "075452.165000", "075457.665000", "075503.165000", "075508.665000", "075514.165000", "075519.665000", "075525.165000", "075530.665000", "075536.165000", "075541.665000", "075547.165000", "075552.665000", "075558.165000", "075603.665000", "075609.165000", "075614.665000", "075620.165000", "075625.665000", "075631.165000", "075636.665000", "075642.165000", "075647.665000", "075653.165000", "075658.665000", "075704.165000", "075709.665000", "075715.165000", "075720.665000", "075726.165000", "075731.665000", "075737.165000", "075742.665000", "075748.165000", "075753.665000"], "ContentTime": ["075822.703000", "075831.031000", "075831.031000", "075831.046000", "075831.046000", "075836.031000", "075836.031000", "075841.031000", "075841.031000", "075846.031000", "075846.046000", "075846.046000", "075851.031000", "075851.031000", "075856.031000", "075856.031000", "075856.046000", "075901.031000", "075901.031000", "075906.031000", "075906.031000", "075906.046000", "075911.031000", "075911.031000", "075916.031000", "075916.031000", "075916.046000", "075921.031000", "075921.046000", "075926.031000", "075926.031000", "075926.046000", "075931.031000", "075931.046000", "075936.031000", "075936.031000", "075941.031000", "075941.031000", "075941.046000", "075946.031000", "075946.046000", "075951.031000", "075951.031000", "075951.046000", "075956.031000", "075956.031000", "080001.031000", "080001.031000", "080006.031000", "080006.031000", "080006.046000", "080011.031000", "080011.046000", "080016.031000", "080016.046000", "080016.046000", "080021.031000", "080021.031000", "080026.031000", "080026.031000", "080026.046000", "080031.031000", "080031.031000", "080036.031000", "080036.031000", "080036.046000", "080040.140000", "080040.140000"], "InstanceCreationTime": ["075822.703000", "075831.031000", "075831.031000", "075831.046000", "075831.046000", "075836.031000", "075836.031000", "075841.031000", "075841.031000", "075846.031000", "075846.046000", "075846.046000", "075851.031000", "075851.031000", "075856.031000", "075856.031000", "075856.046000", "075901.031000", "075901.031000", "075906.031000", "075906.031000", "075906.046000", "075911.031000", "075911.031000", "075916.031000", "075916.031000", "075916.046000", "075921.031000", "075921.046000", "075926.031000", "075926.031000", "075926.046000", "075931.031000", "075931.046000", "075936.031000", "075936.031000", "075941.031000", "075941.031000", "075941.046000", "075946.031000", "075946.046000", "075951.031000", "075951.031000", "075951.046000", "075956.031000", "075956.031000", "080001.031000", "080001.031000", "080006.031000", "080006.031000", "080006.046000", "080011.031000", "080011.046000", "080016.031000", "080016.046000", "080016.046000", "080021.031000", "080021.031000", "080026.031000", "080026.031000", "080026.046000", "080031.031000", "080031.031000", "080036.031000", "080036.031000", "080036.046000", "080040.140000", "080040.140000"], "InstanceNumber": [1, 2, 3, 4, 5, 6, 7, 8, 9, 10, 11, 12, 13, 14, 15, 16, 17, 18, 19, 20, 21, 22, 23, 24, 25, 26, 27, 28, 29, 30, 31, 32, 33, 34, 35, 36, 37, 38, 39, 40, 41, 42, 43, 44, 45, 46, 47, 48, 49, 50, 51, 52, 53, 54, 55, 56, 57, 58, 59, 60, 61, 62, 63, 64, 65, 66, 67, 68], "LargestImagePixelValue": [65535, 5885, 6010, 7154, 5960, 5545, 5916, 6038, 6655, 6449, 6253, 6169, 6830, 5598, 6571, 5903, 5972, 65535, 6191, 6852, 6048, 5896, 6503, 6055, 6059, 6678, 6959, 5352, 5934, 7150, 5493, 5915, 5866, 6412, 65535, 6259, 7090, 5551, 6015, 5694, 5992, 6134, 6186, 5605, 5730, 6427, 7042, 5488, 6176, 5602, 5826, 65535, 5570, 5912, 5774, 5564, 5506, 6414, 6854, 5337, 5732, 5323, 6360, 5019, 6568, 5976, 5713, 4975], "SequenceName": ["ep_b5#1", "ep_b2010#2", "ep_b1990#3", "ep_b1975#4", "ep_b1995#5", "ep_b1980#6", "ep_b2000#7", "ep_b1995#8", "ep_b1990#9", "ep_b2000#10", "ep_b1995#11", "ep_b1990#12", "ep_b1985#13", "ep_b1985#14", "ep_b1995#15", "ep_b1985#16", "ep_b2000#17", "ep_b5#18", "ep_b2000#19", "ep_b1980#20", "ep_b1985#21", "ep_b1995#22", "ep_b1995#23", "ep_b1995#24", "ep_b2005#25", "ep_b1980#26", "ep_b1975#27", "ep_b1990#28", "ep_b2000#29", "ep_b1975#30", "ep_b1980#31", "ep_b2000#32", "ep_b1985#33", "ep_b1980#34", "ep_b5#35", "ep_b1980#36", "ep_b1980#37", "ep_b2005#38", "ep_b2005#39", "ep_b1995#40", "ep_b2000#41", "ep_b1990#42", "ep_b1990#43", "ep_b1995#44", "ep_b1980#45", "ep_b1995#46", "ep_b1980#47", "ep_b1990#48", "ep_b1975#49", "ep_b1995#50", "ep_b2000#51", "ep_b5#52", "ep_b1980#53", "ep_b1980#54", "ep_b2000#55", "ep_b1985#56", "ep_b1990#57", "ep_b1980#58", "ep_b1985#59", "ep_b1990#60", "ep_b1990#61", "ep_b1985#62", "ep_b1975#63", "ep_b1980#64", "ep_b1985#65", "ep_b1980#66", "ep_b1995#67", "ep_b1990#68"], "WindowCenter": [8416.0, 1984.0, 1958.0, 1923.0, 1962.0, 1938.0, 1972.0, 1951.0, 1936.0, 1979.0, 1939.0, 1913.0, 1926.0, 1939.0, 1942.0, 1922.0, 1943.0, 8401.0, 2000.0, 1911.0, 1911.0, 1973.0, 1938.0, 1968.0, 1985.0, 1921.0, 1926.0, 1937.0, 1967.0, 1923.0, 1986.0, 1933.0, 1953.0, 1927.0, 8387.0, 1914.0, 1956.0, 1939.0, 1983.0, 1930.0, 1948.0, 1931.0, 1967.0, 1982.0, 1951.0, 1948.0, 1933.0, 1953.0, 1945.0, 1916.0, 1953.0, 8369.0, 1953.0, 1952.0, 1896.0, 1971.0, 1885.0, 1882.0, 1924.0, 1953.0, 1955.0, 1969.0, 1946.0, 1936.0, 1959.0, 1934.0, 1899.0, 1919.0], "WindowWidth": [18856.0, 4951.0, 4878.0, 4796.0, 4892.0, 4840.0, 4923.0, 4874.0, 4823.0, 4930.0, 4835.0, 4783.0, 4811.0, 4846.0, 4845.0, 4810.0, 4849.0, 18813.0, 4980.0, 4776.0, 4776.0, 4928.0, 4826.0, 4912.0, 4952.0, 4791.0, 4797.0, 4842.0, 4910.0, 4791.0, 4945.0, 4836.0, 4876.0, 4803.0, 18782.0, 4781.0, 4857.0, 4856.0, 4940.0, 4825.0, 4866.0, 4821.0, 4899.0, 4944.0, 4863.0, 4861.0, 4810.0, 4881.0, 4839.0, 4789.0, 4880.0, 18735.0, 4873.0, 4867.0, 4746.0, 4920.0, 4731.0, 4714.0, 4798.0, 4875.0, 4882.0, 4908.0, 4844.0, 4840.0, 4872.0, 4826.0, 4757.0, 4802.0]}, "slices": {}}}