{"AcquisitionMatrixPE": 96, "AcquisitionNumber": 1, "AcquisitionTime": "07:45:31.867500", "BandwidthPerPixelPhaseEncode": 33.602, "BaseResolution": 96, "BodyPartExamined": "BRAIN", "ConsistencyInfo": "N4_VD11D_LATEST_20110129", "ConversionSoftware": "dcm2niix", "ConversionSoftwareVersion": "v1.0.20210317", "DerivedVendorReportedEchoSpacing": 0.000620003, "DeviceSerialNumber": "45239", "DwellTime": 2.6e-06, "EchoTime": 0.03, "EchoTrainLength": 48, "EffectiveEchoSpacing": 0.000310001, "FlipAngle": 63, "ImageComments": "Unaliased MB4/PE3", "ImageOrientationPatientDICOM": [0.999989, 0.00407673, -0.00216763, -0.00461718, 0.882938, -0.469467], "ImageType": ["ORIGINAL", "PRIMARY", "M", "ND", "NORM", "MOSAIC"], "ImagingFrequency": 123.193, "InPlanePhaseEncodingDirectionDICOM": "COL", "InstitutionAddress": "E 24th St. 100,Austin,Southmiddle,US,78712", "InstitutionName": "Univ of Texas at Austin", "InstitutionalDepartmentName": "IRC", "MRAcquisitionType": "2D", "MagneticFieldStrength": 3, "Manufacturer": "Siemens", "ManufacturersModelName": "Skyra", "Modality": "MR", "MultibandAccelerationFactor": 4, "ParallelReductionFactorInPlane": 2, "PartialFourier": 1, "PatientPosition": "HFS", "PercentPhaseFOV": 100, "PercentSampling": 100, "PhaseEncodingDirection": "j-", "PhaseEncodingSteps": 96, "PhaseResolution": 1, "PixelBandwidth": 2005, "ProcedureStepDescription": "Poldrack2^self-scanning", "ProtocolName": "Resting State fMRI MBEPI_matrix96_BW2004", "PulseSequenceDetails": "%CustomerSeq%\\cmrr_mbep2d_bold", "ReceiveCoilActiveElements": "HEA;HEP", "ReceiveCoilName": "Head_32", "ReconMatrixPE": 96, "RefLinesPE": 94, "RepetitionTime": 1.16, "SAR": 0.0886198, "ScanOptions": "FS", "ScanningSequence": "EP", "SequenceName": "epfid2d1_96", "SequenceVariant": "SK", "SeriesDescription": "Resting State fMRI MBEPI_matrix96_BW2004", "SeriesNumber": 9, "ShimSetting": [-2772, 8050, -15454, 218, -182, 155, 152, -54], "SliceThickness": 2, "SliceTiming": [0, 0.5, 0.9975, 0.3575, 0.855, 0.215, 0.7125, 0.0725, 0.57, 1.07, 0.4275, 0.9275, 0.285, 0.785, 0.1425, 0.6425, 0, 0.5, 0.9975, 0.3575, 0.855, 0.215, 0.7125, 0.0725, 0.57, 1.07, 0.4275, 0.9275, 0.285, 0.785, 0.1425, 0.6425, 0, 0.5, 0.9975, 0.3575, 0.855, 0.215, 0.7125, 0.0725, 0.57, 1.07, 0.4275, 0.9275, 0.285, 0.785, 0.1425, 0.6425, 0, 0.5, 0.9975, 0.3575, 0.855, 0.215, 0.7125, 0.0725, 0.57, 1.07, 0.4275, 0.9275, 0.285, 0.785, 0.1425, 0.6425], "SoftwareVersions": "syngo MR D11", "SpacingBetweenSlices": 2.4, "StationName": "AWP45239", "TaskName": "Resting fmri", "TotalReadoutTime": 0.0294501, "TxRefAmp": 331.222, "WipMemBlock": "facb19bf-07b5-4e38-95cf-ba31bdb81da2||Sequence: VD11D r195; Nov 21 2012 15:36:10 by eja", "dcmmeta_affine": [[-2.3958077430725098, -0.01106199063360691, 6.9388077506005175e-09, 119.90582275390625], [-0.009767160750925541, 2.115372657775879, -1.1267317533493042, -83.14556884765625], [-0.005193284247070551, 1.1247636079788208, 2.1190741062164307, -91.17044830322266], [0.0, 0.0, 0.0, 1.0]], "dcmmeta_reorient_transform": [[0.0, -1.0, 0.0, 95.0], [1.0, 0.0, 0.0, 0.0], [0.0, 0.0, 1.0, 0.0], [0.0, 0.0, 0.0, 1.0]], "dcmmeta_shape": [96, 96, 64, 518], "dcmmeta_slice_dim": 2, "dcmmeta_version": 0.6, "global": {"const": {"AcquisitionMatrix": [96, 0, 0, 96], "AngioFlag": "N", "BitsAllocated": 16, "BitsStored": 16, "BodyPartExamined": "BRAIN", "Columns": 768, "EchoNumbers": 1, "EchoTime": 30.0, "EchoTrainLength": 48, "FlipAngle": 63.0, "HighBit": 15, "ImageOrientationPatient": [0.99998934077298, 0.00407672824875, -0.0021676317068, -0.0046171788389, 0.8829381704476, -0.4694665790301], "ImagePositionPatient": [-920.12949983071, -831.86180045864, 395.34762376095], "ImageType": ["ORIGINAL", "PRIMARY", "M", "ND", "NORM", "MOSAIC"], "ImagedNucleus": "1H", "ImagingFrequency": 123.19333, "InPlanePhaseEncodingDirection": "COL", "MRAcquisitionType": "2D", "MagneticFieldStrength": 3.0, "Manufacturer": "SIEMENS", "ManufacturerModelName": "Skyra", "Modality": "MR", "NumberOfAverages": 1.0, "NumberOfPhaseEncodingSteps": 96, "PercentPhaseFieldOfView": 100.0, "PercentSampling": 100.0, "PerformedProcedureStepStartTime": "073233.796000", "PhotometricInterpretation": "MONOCHROME2", "PixelBandwidth": 2005.0, "PixelRepresentation": 0, "PixelSpacing": [2.3958332538605, 2.3958332538605], "ProtocolName": "Resting State fMRI MBEPI_matrix96_BW2004", "RepetitionTime": 1160.0, "Rows": 768, "SAR": 0.08861980848813, "SamplesPerPixel": 1, "ScanOptions": "FS", "ScanningSequence": "EP", "SequenceName": "epfid2d1_96", "SequenceVariant": "SK", "SeriesDescription": "Resting State fMRI MBEPI_matrix96_BW2004", "SeriesNumber": 9, "SeriesTime": "074613.921000", "SliceLocation": -41.464245377147, "SliceThickness": 2.0, "SmallestImagePixelValue": 0, "SoftwareVersions": "syngo MR D11", "SpacingBetweenSlices": 2.3999999809067, "SpecificCharacterSet": "ISO_IR 100", "StudyID": "1", "StudyTime": "073233.750000", "TransmitCoilName": "Body", "VariableFlipAngleFlag": "N", "WindowCenterWidthExplanation": "Algo1", "dBdt": 0.0}, "slices": {}}, "time": {"samples": {"AcquisitionNumber": [1, 2, 3, 4, 5, 6, 7, 8, 9, 10, 11, 12, 13, 14, 15, 16, 17, 18, 19, 20, 21, 22, 23, 24, 25, 26, 27, 28, 29, 30, 31, 32, 33, 34, 35, 36, 37, 38, 39, 40, 41, 42, 43, 44, 45, 46, 47, 48, 49, 50, 51, 52, 53, 54, 55, 56, 57, 58, 59, 60, 61, 62, 63, 64, 65, 66, 67, 68, 69, 70, 71, 72, 73, 74, 75, 76, 77, 78, 79, 80, 81, 82, 83, 84, 85, 86, 87, 88, 89, 90, 91, 92, 93, 94, 95, 96, 97, 98, 99, 100, 101, 102, 103, 104, 105, 106, 107, 108, 109, 110, 111, 112, 113, 114, 115, 116, 117, 118, 119, 120, 121, 122, 123, 124, 125, 126, 127, 128, 129, 130, 131, 132, 133, 134, 135, 136, 137, 138, 139, 140, 141, 142, 143, 144, 145, 146, 147, 148, 149, 150, 151, 152, 153, 154, 155, 156, 157, 158, 159, 160, 161, 162, 163, 164, 165, 166, 167, 168, 169, 170, 171, 172, 173, 174, 175, 176, 177, 178, 179, 180, 181, 182, 183, 184, 185, 186, 187, 188, 189, 190, 191, 192, 193, 194, 195, 196, 197, 198, 199, 200, 201, 202, 203, 204, 205, 206, 207, 208, 209, 210, 211, 212, 213, 214, 215, 216, 217, 218, 219, 220, 221, 222, 223, 224, 225, 226, 227, 228, 229, 230, 231, 232, 233, 234, 235, 236, 237, 238, 239, 240, 241, 242, 243, 244, 245, 246, 247, 248, 249, 250, 251, 252, 253, 254, 255, 256, 257, 258, 259, 260, 261, 262, 263, 264, 265, 266, 267, 268, 269, 270, 271, 272, 273, 274, 275, 276, 277, 278, 279, 280, 281, 282, 283, 284, 285, 286, 287, 288, 289, 290, 291, 292, 293, 294, 295, 296, 297, 298, 299, 300, 301, 302, 303, 304, 305, 306, 307, 308, 309, 310, 311, 312, 313, 314, 315, 316, 317, 318, 319, 320, 321, 322, 323, 324, 325, 326, 327, 328, 329, 330, 331, 332, 333, 334, 335, 336, 337, 338, 339, 340, 341, 342, 343, 344, 345, 346, 347, 348, 349, 350, 351, 352, 353, 354, 355, 356, 357, 358, 359, 360, 361, 362, 363, 364, 365, 366, 367, 368, 369, 370, 371, 372, 373, 374, 375, 376, 377, 378, 379, 380, 381, 382, 383, 384, 385, 386, 387, 388, 389, 390, 391, 392, 393, 394, 395, 396, 397, 398, 399, 400, 401, 402, 403, 404, 405, 406, 407, 408, 409, 410, 411, 412, 413, 414, 415, 416, 417, 418, 419, 420, 421, 422, 423, 424, 425, 426, 427, 428, 429, 430, 431, 432, 433, 434, 435, 436, 437, 438, 439, 440, 441, 442, 443, 444, 445, 446, 447, 448, 449, 450, 451, 452, 453, 454, 455, 456, 457, 458, 459, 460, 461, 462, 463, 464, 465, 466, 467, 468, 469, 470, 471, 472, 473, 474, 475, 476, 477, 478, 479, 480, 481, 482, 483, 484, 485, 486, 487, 488, 489, 490, 491, 492, 493, 494, 495, 496, 497, 498, 499, 500, 501, 502, 503, 504, 505, 506, 507, 508, 509, 510, 511, 512, 513, 514, 515, 516, 517, 518], "AcquisitionTime": ["074531.867500", "074600.867500", "074602.027500", "074603.187500", "074604.347500", "074605.507500", "074606.667500", "074607.827500", "074608.987500", "074610.147500", "074611.307500", "074612.467500", "074613.627500", "074614.787500", "074615.947500", "074617.107500", "074618.267500", "074619.427500", "074620.587500", "074621.747500", "074622.907500", "074624.067500", "074625.227500", "074626.387500", "074627.547500", "074628.707500", "074629.867500", "074631.027500", "074632.187500", "074633.347500", "074634.507500", "074635.667500", "074636.827500", "074637.987500", "074639.147500", "074640.310000", "074641.470000", "074642.630000", "074643.790000", "074644.950000", "074646.110000", "074647.270000", "074648.430000", "074649.590000", "074650.750000", "074651.910000", "074653.070000", "074654.230000", "074655.390000", "074656.550000", "074657.710000", "074658.870000", "074700.030000", "074701.190000", "074702.350000", "074703.510000", "074704.670000", "074705.830000", "074706.990000", "074708.150000", "074709.310000", "074710.470000", "074711.630000", "074712.790000", "074713.950000", "074715.110000", "074716.270000", "074717.430000", "074718.590000", "074719.750000", "074720.910000", "074722.070000", "074723.230000", "074724.390000", "074725.550000", "074726.710000", "074727.870000", "074729.030000", "074730.190000", "074731.350000", "074732.510000", "074733.670000", "074734.830000", "074735.990000", "074737.150000", "074738.310000", "074739.470000", "074740.630000", "074741.790000", "074742.950000", "074744.110000", "074745.270000", "074746.430000", "074747.590000", "074748.750000", "074749.910000", "074751.070000", "074752.230000", "074753.390000", "074754.550000", "074755.710000", "074756.870000", "074758.030000", "074759.190000", "074800.350000", "074801.510000", "074802.670000", "074803.830000", "074804.990000", "074806.150000", "074807.310000", "074808.470000", "074809.630000", "074810.790000", "074811.950000", "074813.110000", "074814.270000", "074815.430000", "074816.590000", "074817.750000", "074818.910000", "074820.070000", "074821.230000", "074822.390000", "074823.550000", "074824.710000", "074825.870000", "074827.030000", "074828.190000", "074829.350000", "074830.510000", "074831.670000", "074832.830000", "074833.990000", "074835.150000", "074836.310000", "074837.470000", "074838.630000", "074839.790000", "074840.950000", "074842.110000", "074843.270000", "074844.430000", "074845.590000", "074846.750000", "074847.910000", "074849.070000", "074850.230000", "074851.390000", "074852.550000", "074853.710000", "074854.870000", "074856.030000", "074857.190000", "074858.350000", "074859.510000", "074900.670000", "074901.830000", "074902.990000", "074904.150000", "074905.310000", "074906.470000", "074907.630000", "074908.790000", "074909.950000", "074911.110000", "074912.270000", "074913.430000", "074914.590000", "074915.750000", "074916.910000", "074918.070000", "074919.230000", "074920.390000", "074921.550000", "074922.710000", "074923.870000", "074925.030000", "074926.190000", "074927.350000", "074928.510000", "074929.670000", "074930.830000", "074931.990000", "074933.150000", "074934.310000", "074935.470000", "074936.630000", "074937.790000", "074938.950000", "074940.110000", "074941.270000", "074942.430000", "074943.590000", "074944.750000", "074945.910000", "074947.070000", "074948.230000", "074949.390000", "074950.550000", "074951.710000", "074952.870000", "074954.030000", "074955.190000", "074956.350000", "074957.510000", "074958.670000", "074959.830000", "075000.990000", "075002.150000", "075003.310000", "075004.470000", "075005.630000", "075006.790000", "075007.950000", "075009.110000", "075010.270000", "075011.430000", "075012.590000", "075013.750000", "075014.910000", "075016.070000", "075017.230000", "075018.390000", "075019.550000", "075020.710000", "075021.870000", "075023.030000", "075024.190000", "075025.350000", "075026.510000", "075027.670000", "075028.830000", "075029.990000", "075031.150000", "075032.310000", "075033.470000", "075034.630000", "075035.790000", "075036.950000", "075038.110000", "075039.270000", "075040.430000", "075041.590000", "075042.750000", "075043.910000", "075045.070000", "075046.230000", "075047.390000", "075048.550000", "075049.710000", "075050.870000", "075052.030000", "075053.190000", "075054.350000", "075055.510000", "075056.670000", "075057.830000", "075058.990000", "075100.150000", "075101.310000", "075102.470000", "075103.630000", "075104.790000", "075105.950000", "075107.110000", "075108.270000", "075109.430000", "075110.590000", "075111.750000", "075112.910000", "075114.070000", "075115.230000", "075116.390000", "075117.550000", "075118.710000", "075119.870000", "075121.030000", "075122.190000", "075123.350000", "075124.510000", "075125.670000", "075126.830000", "075127.990000", "075129.150000", "075130.310000", "075131.472500", "075132.632500", "075133.792500", "075134.952500", "075136.112500", "075137.272500", "075138.432500", "075139.592500", "075140.752500", "075141.912500", "075143.072500", "075144.232500", "075145.392500", "075146.552500", "075147.712500", "075148.872500", "075150.032500", "075151.192500", "075152.352500", "075153.512500", "075154.672500", "075155.832500", "075156.992500", "075158.152500", "075159.312500", "075200.472500", "075201.632500", "075202.792500", "075203.952500", "075205.112500", "075206.272500", "075207.432500", "075208.592500", "075209.752500", "075210.912500", "075212.072500", "075213.232500", "075214.392500", "075215.552500", "075216.712500", "075217.872500", "075219.032500", "075220.192500", "075221.352500", "075222.512500", "075223.672500", "075224.832500", "075225.992500", "075227.152500", "075228.312500", "075229.472500", "075230.632500", "075231.792500", "075232.952500", "075234.112500", "075235.272500", "075236.432500", "075237.592500", "075238.752500", "075239.912500", "075241.072500", "075242.232500", "075243.392500", "075244.552500", "075245.712500", "075246.872500", "075248.032500", "075249.192500", "075250.352500", "075251.512500", "075252.672500", "075253.832500", "075254.992500", "075256.152500", "075257.312500", "075258.472500", "075259.632500", "075300.792500", "075301.952500", "075303.112500", "075304.272500", "075305.432500", "075306.592500", "075307.752500", "075308.912500", "075310.072500", "075311.232500", "075312.392500", "075313.552500", "075314.712500", "075315.872500", "075317.032500", "075318.192500", "075319.352500", "075320.512500", "075321.672500", "075322.832500", "075323.992500", "075325.152500", "075326.312500", "075327.472500", "075328.632500", "075329.792500", "075330.952500", "075332.112500", "075333.272500", "075334.432500", "075335.592500", "075336.752500", "075337.912500", "075339.072500", "075340.232500", "075341.392500", "075342.552500", "075343.712500", "075344.872500", "075346.032500", "075347.192500", "075348.352500", "075349.512500", "075350.672500", "075351.832500", "075352.992500", "075354.152500", "075355.312500", "075356.472500", "075357.632500", "075358.792500", "075359.952500", "075401.112500", "075402.272500", "075403.432500", "075404.592500", "075405.752500", "075406.912500", "075408.072500", "075409.232500", "075410.392500", "075411.552500", "075412.712500", "075413.872500", "075415.032500", "075416.192500", "075417.352500", "075418.512500", "075419.672500", "075420.832500", "075421.992500", "075423.152500", "075424.312500", "075425.472500", "075426.632500", "075427.792500", "075428.952500", "075430.112500", "075431.272500", "075432.432500", "075433.592500", "075434.752500", "075435.912500", "075437.072500", "075438.232500", "075439.392500", "075440.552500", "075441.712500", "075442.872500", "075444.032500", "075445.192500", "075446.352500", "075447.512500", "075448.672500", "075449.832500", "075450.992500", "075452.152500", "075453.312500", "075454.472500", "075455.632500", "075456.792500", "075457.952500", "075459.112500", "075500.272500", "075501.432500", "075502.592500", "075503.752500", "075504.912500", "075506.072500", "075507.232500", "075508.392500", "075509.552500", "075510.712500", "075511.872500", "075513.032500", "075514.192500", "075515.352500", "075516.512500", "075517.672500", "075518.832500", "075519.992500", "075521.152500", "075522.312500", "075523.472500", "075524.632500", "075525.792500", "075526.952500", "075528.112500", "075529.272500", "075530.432500", "075531.592500", "075532.752500", "075533.912500", "075535.072500", "075536.232500", "075537.392500", "075538.552500", "075539.712500", "075540.872500", "075542.032500", "075543.192500", "075544.352500", "075545.512500", "075546.672500", "075547.832500", "075548.992500", "075550.152500", "075551.312500", "075552.472500", "075553.632500", "075554.792500", "075555.952500", "075557.112500", "075558.272500", "075559.432500"], "ContentTime": ["074613.921000", "074620.750000", "074620.765000", "074620.765000", "074620.765000", "074620.765000", "074625.750000", "074625.765000", "074625.765000", "074625.765000", "074630.750000", "074630.765000", "074630.765000", "074630.781000", "074635.750000", "074635.765000", "074635.765000", "074635.765000", "074640.750000", "074640.765000", "074640.765000", "074640.765000", "074645.750000", "074645.765000", "074645.765000", "074645.765000", "074645.765000", "074650.750000", "074650.765000", "074650.765000", "074650.765000", "074655.750000", "074655.765000", "074655.765000", "074655.765000", "074700.750000", "074700.765000", "074700.765000", "074700.765000", "074705.750000", "074705.765000", "074705.765000", "074705.765000", "074710.750000", "074710.765000", "074710.765000", "074710.765000", "074715.750000", "074715.765000", "074715.765000", "074715.765000", "074720.750000", "074720.765000", "074720.765000", "074720.765000", "074725.750000", "074725.765000", "074725.765000", "074730.750000", "074730.765000", "074730.765000", "074730.765000", "074735.750000", "074735.765000", "074735.765000", "074735.765000", "074740.750000", "074740.765000", "074740.765000", "074740.765000", "074740.765000", "074745.750000", "074745.765000", "074745.765000", "074750.750000", "074750.765000", "074750.765000", "074750.765000", "074755.750000", "074755.765000", "074755.765000", "074755.765000", "074800.750000", "074800.765000", "074800.765000", "074800.765000", "074805.750000", "074805.765000", "074805.765000", "074805.765000", "074810.750000", "074810.765000", "074810.765000", "074810.765000", "074815.750000", "074815.765000", "074815.765000", "074815.765000", "074820.750000", "074820.765000", "074820.765000", "074820.765000", "074820.765000", "074825.750000", "074825.765000", "074825.765000", "074825.765000", "074830.750000", "074830.765000", "074830.765000", "074830.765000", "074835.750000", "074835.765000", "074835.765000", "074835.765000", "074840.750000", "074840.765000", "074840.765000", "074845.750000", "074845.765000", "074845.765000", "074845.765000", "074845.765000", "074850.750000", "074850.765000", "074850.765000", "074850.765000", "074855.750000", "074855.765000", "074855.765000", "074855.765000", "074900.750000", "074900.765000", "074900.765000", "074900.765000", "074905.750000", "074905.765000", "074905.765000", "074905.765000", "074910.750000", "074910.765000", "074910.765000", "074910.765000", "074915.750000", "074915.765000", "074915.765000", "074915.765000", "074915.765000", "074920.750000", "074920.765000", "074920.765000", "074920.765000", "074925.750000", "074925.765000", "074925.765000", "074925.765000", "074930.750000", "074930.765000", "074930.765000", "074930.765000", "074935.750000", "074935.765000", "074935.765000", "074935.765000", "074940.750000", "074940.765000", "074940.765000", "074940.765000", "074945.750000", "074945.765000", "074945.765000", "074945.765000", "074950.750000", "074950.765000", "074950.765000", "074950.765000", "074955.750000", "074955.765000", "074955.765000", "074955.765000", "075000.750000", "075000.765000", "075000.765000", "075000.765000", "075005.750000", "075005.765000", "075005.765000", "075005.765000", "075010.750000", "075010.765000", "075010.765000", "075010.765000", "075015.750000", "075015.765000", "075015.765000", "075015.765000", "075015.765000", "075020.750000", "075020.765000", "075020.765000", "075020.765000", "075025.750000", "075025.765000", "075025.765000", "075025.765000", "075030.750000", "075030.765000", "075030.765000", "075030.765000", "075035.765000", "075035.765000", "075035.765000", "075035.781000", "075040.750000", "075040.765000", "075040.765000", "075040.765000", "075045.750000", "075045.765000", "075045.765000", "075045.765000", "075050.750000", "075050.765000", "075050.765000", "075050.765000", "075055.750000", "075055.765000", "075055.765000", "075055.765000", "075100.750000", "075100.765000", "075100.765000", "075100.765000", "075105.750000", "075105.765000", "075105.765000", "075105.765000", "075110.750000", "075110.765000", "075110.765000", "075110.765000", "075115.750000", "075115.765000", "075115.765000", "075115.765000", "075120.750000", "075120.765000", "075120.765000", "075120.796000", "075125.750000", "075125.765000", "075125.765000", "075125.765000", "075130.750000", "075130.765000", "075130.765000", "075130.765000", "075135.750000", "075135.765000", "075135.765000", "075135.765000", "075140.750000", "075140.765000", "075140.765000", "075140.765000", "075145.750000", "075145.765000", "075145.765000", "075145.765000", "075150.750000", "075150.765000", "075150.765000", "075150.765000", "075150.765000", "075155.750000", "075155.765000", "075155.765000", "075155.765000", "075200.750000", "075200.765000", "075200.765000", "075200.765000", "075205.750000", "075205.765000", "075205.765000", "075205.765000", "075210.750000", "075210.765000", "075210.765000", "075210.765000", "075215.750000", "075215.765000", "075215.765000", "075215.765000", "075220.750000", "075220.765000", "075220.765000", "075220.765000", "075225.750000", "075225.765000", "075225.765000", "075225.765000", "075230.765000", "075230.765000", "075230.765000", "075230.765000", "075235.750000", "075235.765000", "075235.765000", "075235.765000", "075240.750000", "075240.765000", "075240.765000", "075240.765000", "075245.750000", "075245.765000", "075245.765000", "075245.765000", "075250.750000", "075250.765000", "075250.765000", "075250.765000", "075255.750000", "075255.765000", "075255.765000", "075255.765000", "075300.750000", "075300.765000", "075300.765000", "075305.750000", "075305.765000", "075305.765000", "075305.765000", "075310.750000", "075310.765000", "075310.765000", "075310.765000", "075315.750000", "075315.765000", "075315.765000", "075315.765000", "075320.750000", "075320.765000", "075320.765000", "075320.765000", "075325.750000", "075325.765000", "075325.765000", "075325.765000", "075330.750000", "075330.765000", "075330.765000", "075330.765000", "075335.750000", "075335.765000", "075335.765000", "075335.765000", "075340.750000", "075340.765000", "075340.765000", "075340.765000", "075345.750000", "075345.765000", "075345.765000", "075345.765000", "075350.750000", "075350.765000", "075350.765000", "075350.765000", "075355.750000", "075355.765000", "075355.765000", "075355.765000", "075355.765000", "075400.750000", "075400.765000", "075400.765000", "075400.765000", "075405.750000", "075405.765000", "075405.765000", "075405.765000", "075410.750000", "075410.765000", "075410.765000", "075410.765000", "075415.750000", "075415.765000", "075415.765000", "075415.765000", "075420.750000", "075420.765000", "075420.765000", "075425.750000", "075425.765000", "075425.765000", "075425.781000", "075430.750000", "075430.765000", "075430.765000", "075430.765000", "075435.750000", "075435.765000", "075435.765000", "075435.765000", "075435.765000", "075440.750000", "075440.765000", "075440.781000", "075445.750000", "075445.765000", "075445.765000", "075445.765000", "075445.765000", "075450.750000", "075450.765000", "075450.765000", "075450.765000", "075455.750000", "075455.765000", "075455.765000", "075455.765000", "075500.750000", "075500.765000", "075500.765000", "075500.765000", "075505.750000", "075505.765000", "075505.765000", "075505.765000", "075510.750000", "075510.765000", "075510.765000", "075515.750000", "075515.765000", "075515.765000", "075515.765000", "075520.750000", "075520.765000", "075520.765000", "075520.765000", "075525.750000", "075525.765000", "075525.765000", "075525.765000", "075530.750000", "075530.765000", "075530.765000", "075530.765000", "075535.750000", "075535.765000", "075535.765000", "075535.765000", "075540.750000", "075540.765000", "075540.765000", "075540.765000", "075545.750000", "075545.765000", "075545.765000", "075545.765000", "075545.765000", "075550.750000", "075550.765000", "075550.765000", "075550.765000", "075555.750000", "075555.765000", "075555.765000", "075555.765000", "075600.750000", "075600.765000", "075600.765000", "075600.765000", "075605.750000", "075605.765000", "075605.765000", "075605.765000", "075610.750000", "075610.765000", "075610.765000", "075610.765000", "075610.765000", "075615.750000", "075615.765000", "075615.765000", "075615.765000", "075620.750000", "075620.765000", "075620.765000", "075620.765000", "075625.750000", "075625.765000", "075625.765000", "075625.765000", "075630.750000", "075630.765000", "075630.765000", "075630.765000", "075630.765000", "075635.750000", "075635.765000", "075635.765000", "075635.765000", "075640.750000", "075640.765000", "075640.765000", "075640.765000", "075640.765000", "075645.750000", "075645.765000", "075645.765000", "075645.765000", "075650.750000", "075650.765000", "075650.765000", "075650.765000", "075650.828000"], "InstanceCreationTime": ["074613.921000", "074620.750000", "074620.765000", "074620.765000", "074620.765000", "074620.765000", "074625.750000", "074625.765000", "074625.765000", "074625.765000", "074630.750000", "074630.765000", "074630.765000", "074630.781000", "074635.750000", "074635.765000", "074635.765000", "074635.765000", "074640.750000", "074640.765000", "074640.765000", "074640.765000", "074645.750000", "074645.765000", "074645.765000", "074645.765000", "074645.765000", "074650.750000", "074650.765000", "074650.765000", "074650.765000", "074655.750000", "074655.765000", "074655.765000", "074655.765000", "074700.750000", "074700.765000", "074700.765000", "074700.765000", "074705.750000", "074705.765000", "074705.765000", "074705.765000", "074710.750000", "074710.765000", "074710.765000", "074710.765000", "074715.750000", "074715.765000", "074715.765000", "074715.765000", "074720.750000", "074720.765000", "074720.765000", "074720.765000", "074725.750000", "074725.765000", "074725.765000", "074730.750000", "074730.765000", "074730.765000", "074730.765000", "074735.750000", "074735.765000", "074735.765000", "074735.765000", "074740.750000", "074740.765000", "074740.765000", "074740.765000", "074740.765000", "074745.750000", "074745.765000", "074745.765000", "074750.750000", "074750.765000", "074750.765000", "074750.765000", "074755.750000", "074755.765000", "074755.765000", "074755.765000", "074800.750000", "074800.765000", "074800.765000", "074800.765000", "074805.750000", "074805.765000", "074805.765000", "074805.765000", "074810.750000", "074810.765000", "074810.765000", "074810.765000", "074815.750000", "074815.765000", "074815.765000", "074815.765000", "074820.750000", "074820.765000", "074820.765000", "074820.765000", "074820.765000", "074825.750000", "074825.765000", "074825.765000", "074825.765000", "074830.750000", "074830.765000", "074830.765000", "074830.765000", "074835.750000", "074835.765000", "074835.765000", "074835.765000", "074840.750000", "074840.765000", "074840.765000", "074845.750000", "074845.765000", "074845.765000", "074845.765000", "074845.765000", "074850.750000", "074850.765000", "074850.765000", "074850.765000", "074855.750000", "074855.765000", "074855.765000", "074855.765000", "074900.750000", "074900.765000", "074900.765000", "074900.765000", "074905.750000", "074905.765000", "074905.765000", "074905.765000", "074910.750000", "074910.765000", "074910.765000", "074910.765000", "074915.750000", "074915.765000", "074915.765000", "074915.765000", "074915.765000", "074920.750000", "074920.765000", "074920.765000", "074920.765000", "074925.750000", "074925.765000", "074925.765000", "074925.765000", "074930.750000", "074930.765000", "074930.765000", "074930.765000", "074935.750000", "074935.765000", "074935.765000", "074935.765000", "074940.750000", "074940.765000", "074940.765000", "074940.765000", "074945.750000", "074945.765000", "074945.765000", "074945.765000", "074950.750000", "074950.765000", "074950.765000", "074950.765000", "074955.750000", "074955.765000", "074955.765000", "074955.765000", "075000.750000", "075000.765000", "075000.765000", "075000.765000", "075005.750000", "075005.765000", "075005.765000", "075005.765000", "075010.750000", "075010.765000", "075010.765000", "075010.765000", "075015.750000", "075015.765000", "075015.765000", "075015.765000", "075015.765000", "075020.750000", "075020.765000", "075020.765000", "075020.765000", "075025.750000", "075025.765000", "075025.765000", "075025.765000", "075030.750000", "075030.765000", "075030.765000", "075030.765000", "075035.765000", "075035.765000", "075035.765000", "075035.781000", "075040.750000", "075040.765000", "075040.765000", "075040.765000", "075045.750000", "075045.765000", "075045.765000", "075045.765000", "075050.750000", "075050.765000", "075050.765000", "075050.765000", "075055.750000", "075055.765000", "075055.765000", "075055.765000", "075100.750000", "075100.765000", "075100.765000", "075100.765000", "075105.750000", "075105.765000", "075105.765000", "075105.765000", "075110.750000", "075110.765000", "075110.765000", "075110.765000", "075115.750000", "075115.765000", "075115.765000", "075115.765000", "075120.750000", "075120.765000", "075120.765000", "075120.796000", "075125.750000", "075125.765000", "075125.765000", "075125.765000", "075130.750000", "075130.765000", "075130.765000", "075130.765000", "075135.750000", "075135.765000", "075135.765000", "075135.765000", "075140.750000", "075140.765000", "075140.765000", "075140.765000", "075145.750000", "075145.765000", "075145.765000", "075145.765000", "075150.750000", "075150.765000", "075150.765000", "075150.765000", "075150.765000", "075155.750000", "075155.765000", "075155.765000", "075155.765000", "075200.750000", "075200.765000", "075200.765000", "075200.765000", "075205.750000", "075205.765000", "075205.765000", "075205.765000", "075210.750000", "075210.765000", "075210.765000", "075210.765000", "075215.750000", "075215.765000", "075215.765000", "075215.765000", "075220.750000", "075220.765000", "075220.765000", "075220.765000", "075225.750000", "075225.765000", "075225.765000", "075225.765000", "075230.765000", "075230.765000", "075230.765000", "075230.765000", "075235.750000", "075235.765000", "075235.765000", "075235.765000", "075240.750000", "075240.765000", "075240.765000", "075240.765000", "075245.750000", "075245.765000", "075245.765000", "075245.765000", "075250.750000", "075250.765000", "075250.765000", "075250.765000", "075255.750000", "075255.765000", "075255.765000", "075255.765000", "075300.750000", "075300.765000", "075300.765000", "075305.750000", "075305.765000", "075305.765000", "075305.765000", "075310.750000", "075310.765000", "075310.765000", "075310.765000", "075315.750000", "075315.765000", "075315.765000", "075315.765000", "075320.750000", "075320.765000", "075320.765000", "075320.765000", "075325.750000", "075325.765000", "075325.765000", "075325.765000", "075330.750000", "075330.765000", "075330.765000", "075330.765000", "075335.750000", "075335.765000", "075335.765000", "075335.765000", "075340.750000", "075340.765000", "075340.765000", "075340.765000", "075345.750000", "075345.765000", "075345.765000", "075345.765000", "075350.750000", "075350.765000", "075350.765000", "075350.765000", "075355.750000", "075355.765000", "075355.765000", "075355.765000", "075355.765000", "075400.750000", "075400.765000", "075400.765000", "075400.765000", "075405.750000", "075405.765000", "075405.765000", "075405.765000", "075410.750000", "075410.765000", "075410.765000", "075410.765000", "075415.750000", "075415.765000", "075415.765000", "075415.765000", "075420.750000", "075420.765000", "075420.765000", "075425.750000", "075425.765000", "075425.765000", "075425.781000", "075430.750000", "075430.765000", "075430.765000", "075430.765000", "075435.750000", "075435.765000", "075435.765000", "075435.765000", "075435.765000", "075440.750000", "075440.765000", "075440.781000", "075445.750000", "075445.765000", "075445.765000", "075445.765000", "075445.765000", "075450.750000", "075450.765000", "075450.765000", "075450.765000", "075455.750000", "075455.765000", "075455.765000", "075455.765000", "075500.750000", "075500.765000", "075500.765000", "075500.765000", "075505.750000", "075505.765000", "075505.765000", "075505.765000", "075510.750000", "075510.765000", "075510.765000", "075515.750000", "075515.765000", "075515.765000", "075515.765000", "075520.750000", "075520.765000", "075520.765000", "075520.765000", "075525.750000", "075525.765000", "075525.765000", "075525.765000", "075530.750000", "075530.765000", "075530.765000", "075530.765000", "075535.750000", "075535.765000", "075535.765000", "075535.765000", "075540.750000", "075540.765000", "075540.765000", "075540.765000", "075545.750000", "075545.765000", "075545.765000", "075545.765000", "075545.765000", "075550.750000", "075550.765000", "075550.765000", "075550.765000", "075555.750000", "075555.765000", "075555.765000", "075555.765000", "075600.750000", "075600.765000", "075600.765000", "075600.765000", "075605.750000", "075605.765000", "075605.765000", "075605.765000", "075610.750000", "075610.765000", "075610.765000", "075610.765000", "075610.765000", "075615.750000", "075615.765000", "075615.765000", "075615.765000", "075620.750000", "075620.765000", "075620.765000", "075620.765000", "075625.750000", "075625.765000", "075625.765000", "075625.765000", "075630.750000", "075630.765000", "075630.765000", "075630.765000", "075630.765000", "075635.750000", "075635.765000", "075635.765000", "075635.765000", "075640.750000", "075640.765000", "075640.765000", "075640.765000", "075640.765000", "075645.750000", "075645.765000", "075645.765000", "075645.765000", "075650.750000", "075650.765000", "075650.765000", "075650.765000", "075650.828000"], "InstanceNumber": [1, 2, 3, 4, 5, 6, 7, 8, 9, 10, 11, 12, 13, 14, 15, 16, 17, 18, 19, 20, 21, 22, 23, 24, 25, 26, 27, 28, 29, 30, 31, 32, 33, 34, 35, 36, 37, 38, 39, 40, 41, 42, 43, 44, 45, 46, 47, 48, 49, 50, 51, 52, 53, 54, 55, 56, 57, 58, 59, 60, 61, 62, 63, 64, 65, 66, 67, 68, 69, 70, 71, 72, 73, 74, 75, 76, 77, 78, 79, 80, 81, 82, 83, 84, 85, 86, 87, 88, 89, 90, 91, 92, 93, 94, 95, 96, 97, 98, 99, 100, 101, 102, 103, 104, 105, 106, 107, 108, 109, 110, 111, 112, 113, 114, 115, 116, 117, 118, 119, 120, 121, 122, 123, 124, 125, 126, 127, 128, 129, 130, 131, 132, 133, 134, 135, 136, 137, 138, 139, 140, 141, 142, 143, 144, 145, 146, 147, 148, 149, 150, 151, 152, 153, 154, 155, 156, 157, 158, 159, 160, 161, 162, 163, 164, 165, 166, 167, 168, 169, 170, 171, 172, 173, 174, 175, 176, 177, 178, 179, 180, 181, 182, 183, 184, 185, 186, 187, 188, 189, 190, 191, 192, 193, 194, 195, 196, 197, 198, 199, 200, 201, 202, 203, 204, 205, 206, 207, 208, 209, 210, 211, 212, 213, 214, 215, 216, 217, 218, 219, 220, 221, 222, 223, 224, 225, 226, 227, 228, 229, 230, 231, 232, 233, 234, 235, 236, 237, 238, 239, 240, 241, 242, 243, 244, 245, 246, 247, 248, 249, 250, 251, 252, 253, 254, 255, 256, 257, 258, 259, 260, 261, 262, 263, 264, 265, 266, 267, 268, 269, 270, 271, 272, 273, 274, 275, 276, 277, 278, 279, 280, 281, 282, 283, 284, 285, 286, 287, 288, 289, 290, 291, 292, 293, 294, 295, 296, 297, 298, 299, 300, 301, 302, 303, 304, 305, 306, 307, 308, 309, 310, 311, 312, 313, 314, 315, 316, 317, 318, 319, 320, 321, 322, 323, 324, 325, 326, 327, 328, 329, 330, 331, 332, 333, 334, 335, 336, 337, 338, 339, 340, 341, 342, 343, 344, 345, 346, 347, 348, 349, 350, 351, 352, 353, 354, 355, 356, 357, 358, 359, 360, 361, 362, 363, 364, 365, 366, 367, 368, 369, 370, 371, 372, 373, 374, 375, 376, 377, 378, 379, 380, 381, 382, 383, 384, 385, 386, 387, 388, 389, 390, 391, 392, 393, 394, 395, 396, 397, 398, 399, 400, 401, 402, 403, 404, 405, 406, 407, 408, 409, 410, 411, 412, 413, 414, 415, 416, 417, 418, 419, 420, 421, 422, 423, 424, 425, 426, 427, 428, 429, 430, 431, 432, 433, 434, 435, 436, 437, 438, 439, 440, 441, 442, 443, 444, 445, 446, 447, 448, 449, 450, 451, 452, 453, 454, 455, 456, 457, 458, 459, 460, 461, 462, 463, 464, 465, 466, 467, 468, 469, 470, 471, 472, 473, 474, 475, 476, 477, 478, 479, 480, 481, 482, 483, 484, 485, 486, 487, 488, 489, 490, 491, 492, 493, 494, 495, 496, 497, 498, 499, 500, 501, 502, 503, 504, 505, 506, 507, 508, 509, 510, 511, 512, 513, 514, 515, 516, 517, 518], "LargestImagePixelValue": [24974, 24372, 29390, 23920, 24071, 27932, 28903, 23131, 24597, 25444, 23879, 24457, 23535, 28766, 27334, 27904, 24812, 26019, 22986, 26650, 28077, 24357, 28618, 22345, 25698, 28656, 24724, 26348, 26682, 27216, 25371, 29609, 21672, 23629, 22136, 25311, 27802, 28355, 22558, 29256, 24391, 23445, 25389, 29100, 22184, 21967, 23628, 29589, 29533, 27598, 22222, 26939, 26011, 25355, 27775, 31481, 23958, 22797, 22086, 23730, 27698, 28363, 22173, 26349, 28872, 24207, 28753, 28229, 22831, 24914, 24384, 24411, 26127, 21913, 25525, 28069, 24881, 24295, 30401, 21999, 24156, 21916, 23682, 28416, 26985, 22207, 28571, 24858, 23511, 29013, 23845, 25816, 23731, 26753, 28740, 30543, 25518, 28697, 22913, 27755, 30631, 28174, 24003, 24548, 22011, 26324, 29311, 29667, 22103, 26455, 24937, 23661, 26212, 25647, 23304, 25803, 27144, 23202, 26219, 21681, 23922, 27592, 27848, 22590, 28521, 29363, 22245, 26303, 25987, 23522, 29466, 29750, 23413, 23113, 24290, 22503, 24941, 22492, 26167, 25013, 23733, 30078, 31824, 23063, 29902, 27715, 23127, 29340, 24498, 26421, 22660, 27926, 31016, 29820, 24241, 23785, 23086, 25520, 22677, 24077, 26869, 22208, 25032, 27786, 25152, 25206, 28613, 30156, 23882, 29084, 23641, 27155, 24598, 23269, 25278, 26085, 26893, 21989, 23814, 29378, 26836, 26798, 26450, 22062, 24328, 31667, 25525, 26612, 26644, 25642, 25692, 29479, 24479, 26489, 24573, 25161, 24690, 25828, 24506, 29793, 26575, 29253, 23066, 26177, 26865, 25525, 26153, 26325, 25378, 31208, 29364, 26247, 29911, 25649, 28624, 24480, 26197, 24479, 27540, 23840, 24667, 23137, 31086, 29847, 28151, 23149, 29272, 25926, 26064, 26363, 30339, 25075, 29228, 26449, 27239, 26495, 26550, 30126, 26357, 26136, 25748, 25899, 27272, 24697, 25276, 23543, 23513, 32672, 26521, 23114, 31800, 25913, 25586, 27825, 25783, 24297, 31361, 29821, 28096, 25059, 27513, 25302, 25985, 29265, 27595, 25455, 27515, 25103, 26112, 27179, 27710, 24984, 25615, 24266, 23565, 27999, 24513, 26355, 29996, 25300, 26940, 26562, 27130, 26994, 28598, 25172, 28176, 27167, 25350, 26227, 26057, 26278, 30460, 28787, 26163, 27962, 26142, 24086, 30828, 21587, 26152, 22973, 23916, 29704, 24634, 24872, 22546, 23248, 27171, 30637, 22591, 25133, 26075, 25010, 23417, 27805, 25860, 23440, 26780, 27223, 24666, 28108, 26628, 27841, 25240, 30738, 25575, 25814, 27883, 26283, 26494, 26143, 30350, 26065, 25957, 22034, 24562, 25785, 23904, 25237, 30117, 25651, 26864, 28283, 27734, 25534, 27136, 24579, 26816, 27986, 24966, 24601, 28537, 24689, 22386, 25620, 26059, 21919, 23651, 23603, 25762, 26375, 23014, 24758, 31830, 22575, 22097, 23182, 29294, 28320, 25422, 27308, 25330, 27566, 30300, 25795, 25956, 25966, 26062, 30014, 26038, 25565, 28201, 25172, 26316, 28629, 28831, 29631, 25847, 24291, 25064, 28162, 31640, 25997, 26603, 27987, 27107, 30626, 27079, 24381, 28379, 25817, 27203, 29031, 23483, 25669, 26627, 24937, 26565, 27231, 26251, 26538, 23895, 26055, 27180, 25318, 26309, 28038, 25507, 30514, 30688, 23083, 26562, 27044, 25020, 29214, 30765, 25477, 26281, 25044, 25748, 31680, 29424, 23168, 27756, 26067, 27136, 30145, 24388, 29196, 24975, 29971, 25147, 27949, 28818, 26863, 27251, 27741, 25599, 25278, 27862, 25375, 27610, 26211, 27375, 29476, 24756, 25667, 24902, 25321, 24504, 27132, 24968, 29055, 24465, 28594, 23419, 28333, 30402, 25626, 27684, 28855, 25070, 28605, 27690, 25036, 26405, 25962, 25803, 28865, 26684, 27096, 27904, 28039, 28262, 26911, 27787, 31583, 30315, 28023, 26179, 26222, 24457, 24163, 26200, 30306, 25860, 24288, 23242, 26378, 30196, 28416, 25076, 27322, 25752, 30576, 31142, 25578, 28314, 26270, 28352, 26585, 27454, 25333, 31014, 22898, 27188, 25290], "WindowCenter": [9674.0, 9648.0, 9669.0, 9653.0, 9660.0, 9656.0, 9659.0, 9644.0, 9626.0, 9673.0, 9642.0, 9643.0, 9631.0, 9645.0, 9646.0, 9662.0, 9648.0, 9644.0, 9620.0, 9637.0, 9627.0, 9677.0, 9689.0, 9658.0, 9668.0, 9668.0, 9639.0, 9639.0, 9622.0, 9612.0, 9631.0, 9644.0, 9629.0, 9624.0, 9634.0, 9647.0, 9662.0, 9657.0, 9636.0, 9662.0, 9643.0, 9629.0, 9642.0, 9647.0, 9638.0, 9637.0, 9651.0, 9666.0, 9663.0, 9637.0, 9611.0, 9632.0, 9631.0, 9628.0, 9628.0, 9660.0, 9629.0, 9614.0, 9633.0, 9638.0, 9657.0, 9652.0, 9618.0, 9635.0, 9653.0, 9614.0, 9651.0, 9650.0, 9613.0, 9613.0, 9629.0, 9640.0, 9633.0, 9610.0, 9635.0, 9626.0, 9620.0, 9622.0, 9641.0, 9618.0, 9616.0, 9622.0, 9622.0, 9636.0, 9631.0, 9621.0, 9660.0, 9635.0, 9628.0, 9644.0, 9650.0, 9660.0, 9646.0, 9649.0, 9653.0, 9657.0, 9618.0, 9656.0, 9613.0, 9641.0, 9645.0, 9634.0, 9606.0, 9619.0, 9595.0, 9620.0, 9619.0, 9632.0, 9607.0, 9612.0, 9626.0, 9623.0, 9635.0, 9627.0, 9639.0, 9638.0, 9643.0, 9625.0, 9626.0, 9637.0, 9655.0, 9657.0, 9636.0, 9630.0, 9634.0, 9663.0, 9619.0, 9630.0, 9629.0, 9621.0, 9622.0, 9637.0, 9599.0, 9613.0, 9619.0, 9622.0, 9646.0, 9626.0, 9653.0, 9644.0, 9627.0, 9639.0, 9632.0, 9607.0, 9644.0, 9613.0, 9581.0, 9620.0, 9604.0, 9611.0, 9592.0, 9606.0, 9617.0, 9602.0, 9593.0, 9602.0, 9620.0, 9628.0, 9603.0, 9634.0, 9644.0, 9588.0, 9624.0, 9650.0, 9638.0, 9625.0, 9636.0, 9645.0, 9608.0, 9626.0, 9610.0, 9627.0, 9602.0, 9620.0, 9616.0, 9604.0, 9650.0, 9606.0, 9631.0, 9654.0, 9625.0, 9633.0, 9626.0, 9590.0, 9616.0, 9657.0, 9605.0, 9622.0, 9634.0, 9615.0, 9618.0, 9643.0, 9627.0, 9599.0, 9620.0, 9636.0, 9620.0, 9655.0, 9624.0, 9655.0, 9631.0, 9634.0, 9632.0, 9618.0, 9633.0, 9612.0, 9647.0, 9662.0, 9654.0, 9675.0, 9651.0, 9619.0, 9654.0, 9613.0, 9652.0, 9631.0, 9613.0, 9609.0, 9636.0, 9620.0, 9630.0, 9605.0, 9649.0, 9640.0, 9631.0, 9621.0, 9652.0, 9615.0, 9635.0, 9629.0, 9644.0, 9611.0, 9632.0, 9631.0, 9625.0, 9627.0, 9619.0, 9630.0, 9611.0, 9616.0, 9618.0, 9629.0, 9643.0, 9614.0, 9632.0, 9633.0, 9635.0, 9636.0, 9638.0, 9616.0, 9671.0, 9641.0, 9624.0, 9631.0, 9645.0, 9621.0, 9655.0, 9637.0, 9637.0, 9611.0, 9620.0, 9622.0, 9631.0, 9619.0, 9612.0, 9602.0, 9635.0, 9613.0, 9629.0, 9621.0, 9618.0, 9612.0, 9594.0, 9613.0, 9630.0, 9638.0, 9613.0, 9629.0, 9644.0, 9625.0, 9637.0, 9634.0, 9632.0, 9597.0, 9623.0, 9617.0, 9619.0, 9625.0, 9618.0, 9606.0, 9610.0, 9619.0, 9631.0, 9620.0, 9587.0, 9591.0, 9573.0, 9569.0, 9613.0, 9549.0, 9592.0, 9595.0, 9607.0, 9652.0, 9625.0, 9630.0, 9603.0, 9628.0, 9638.0, 9656.0, 9606.0, 9618.0, 9625.0, 9613.0, 9623.0, 9653.0, 9643.0, 9635.0, 9640.0, 9634.0, 9597.0, 9622.0, 9609.0, 9638.0, 9616.0, 9641.0, 9624.0, 9607.0, 9633.0, 9629.0, 9626.0, 9609.0, 9631.0, 9602.0, 9587.0, 9574.0, 9599.0, 9613.0, 9585.0, 9607.0, 9612.0, 9594.0, 9623.0, 9616.0, 9606.0, 9597.0, 9606.0, 9586.0, 9611.0, 9611.0, 9580.0, 9579.0, 9597.0, 9581.0, 9557.0, 9599.0, 9588.0, 9564.0, 9583.0, 9600.0, 9613.0, 9609.0, 9607.0, 9619.0, 9640.0, 9608.0, 9603.0, 9621.0, 9655.0, 9636.0, 9621.0, 9613.0, 9627.0, 9626.0, 9651.0, 9614.0, 9633.0, 9623.0, 9623.0, 9667.0, 9633.0, 9649.0, 9632.0, 9628.0, 9618.0, 9624.0, 9619.0, 9611.0, 9618.0, 9607.0, 9631.0, 9632.0, 9638.0, 9612.0, 9610.0, 9594.0, 9615.0, 9614.0, 9589.0, 9573.0, 9609.0, 9568.0, 9581.0, 9594.0, 9594.0, 9579.0, 9599.0, 9604.0, 9609.0, 9616.0, 9610.0, 9607.0, 9617.0, 9623.0, 9643.0, 9634.0, 9632.0, 9625.0, 9614.0, 9638.0, 9626.0, 9572.0, 9602.0, 9599.0, 9604.0, 9637.0, 9627.0, 9604.0, 9596.0, 9589.0, 9600.0, 9621.0, 9630.0, 9599.0, 9627.0, 9614.0, 9627.0, 9641.0, 9602.0, 9615.0, 9592.0, 9620.0, 9588.0, 9588.0, 9601.0, 9570.0, 9590.0, 9596.0, 9572.0, 9592.0, 9620.0, 9587.0, 9604.0, 9591.0, 9590.0, 9599.0, 9597.0, 9590.0, 9603.0, 9595.0, 9630.0, 9628.0, 9612.0, 9638.0, 9622.0, 9631.0, 9597.0, 9630.0, 9604.0, 9607.0, 9614.0, 9620.0, 9590.0, 9591.0, 9601.0, 9586.0, 9601.0, 9617.0, 9590.0, 9606.0, 9630.0, 9612.0, 9605.0, 9591.0, 9613.0, 9587.0, 9585.0, 9607.0, 9582.0, 9577.0, 9567.0, 9601.0, 9591.0, 9600.0, 9610.0, 9620.0, 9626.0, 9606.0, 9588.0, 9619.0, 9631.0, 9607.0, 9603.0, 9592.0, 9613.0, 9625.0, 9613.0, 9590.0, 9598.0, 9580.0, 9575.0, 9582.0, 9571.0, 9545.0, 9575.0, 9549.0, 9563.0, 9563.0], "WindowWidth": [20414.0, 20360.0, 20402.0, 20372.0, 20379.0, 20372.0, 20373.0, 20344.0, 20312.0, 20403.0, 20343.0, 20342.0, 20318.0, 20342.0, 20342.0, 20374.0, 20351.0, 20338.0, 20293.0, 20324.0, 20303.0, 20428.0, 20436.0, 20378.0, 20396.0, 20388.0, 20329.0, 20327.0, 20293.0, 20275.0, 20313.0, 20335.0, 20311.0, 20306.0, 20325.0, 20349.0, 20376.0, 20371.0, 20330.0, 20373.0, 20336.0, 20309.0, 20334.0, 20342.0, 20340.0, 20335.0, 20361.0, 20387.0, 20375.0, 20325.0, 20282.0, 20319.0, 20313.0, 20309.0, 20306.0, 20361.0, 20307.0, 20294.0, 20327.0, 20337.0, 20370.0, 20355.0, 20293.0, 20322.0, 20352.0, 20286.0, 20348.0, 20340.0, 20273.0, 20275.0, 20305.0, 20334.0, 20320.0, 20277.0, 20319.0, 20301.0, 20287.0, 20296.0, 20330.0, 20289.0, 20284.0, 20297.0, 20295.0, 20327.0, 20312.0, 20294.0, 20365.0, 20319.0, 20308.0, 20338.0, 20362.0, 20378.0, 20347.0, 20352.0, 20354.0, 20356.0, 20290.0, 20357.0, 20279.0, 20331.0, 20334.0, 20314.0, 20262.0, 20283.0, 20244.0, 20285.0, 20286.0, 20306.0, 20260.0, 20274.0, 20298.0, 20303.0, 20326.0, 20308.0, 20327.0, 20326.0, 20334.0, 20308.0, 20309.0, 20330.0, 20364.0, 20367.0, 20324.0, 20313.0, 20322.0, 20367.0, 20287.0, 20305.0, 20304.0, 20291.0, 20293.0, 20317.0, 20250.0, 20277.0, 20291.0, 20306.0, 20350.0, 20312.0, 20361.0, 20341.0, 20307.0, 20329.0, 20312.0, 20263.0, 20329.0, 20271.0, 20212.0, 20281.0, 20253.0, 20267.0, 20229.0, 20253.0, 20268.0, 20238.0, 20225.0, 20250.0, 20292.0, 20304.0, 20261.0, 20316.0, 20333.0, 20231.0, 20297.0, 20344.0, 20324.0, 20298.0, 20319.0, 20330.0, 20261.0, 20295.0, 20269.0, 20297.0, 20255.0, 20290.0, 20281.0, 20259.0, 20346.0, 20266.0, 20310.0, 20354.0, 20294.0, 20311.0, 20300.0, 20234.0, 20282.0, 20355.0, 20260.0, 20288.0, 20313.0, 20287.0, 20282.0, 20326.0, 20299.0, 20246.0, 20288.0, 20321.0, 20291.0, 20358.0, 20304.0, 20355.0, 20314.0, 20317.0, 20308.0, 20284.0, 20311.0, 20277.0, 20349.0, 20375.0, 20361.0, 20397.0, 20347.0, 20287.0, 20351.0, 20277.0, 20342.0, 20304.0, 20272.0, 20263.0, 20317.0, 20289.0, 20307.0, 20264.0, 20342.0, 20323.0, 20305.0, 20289.0, 20348.0, 20277.0, 20315.0, 20300.0, 20329.0, 20271.0, 20306.0, 20305.0, 20292.0, 20298.0, 20283.0, 20305.0, 20268.0, 20274.0, 20284.0, 20300.0, 20331.0, 20279.0, 20312.0, 20317.0, 20322.0, 20318.0, 20323.0, 20282.0, 20380.0, 20331.0, 20296.0, 20312.0, 20334.0, 20289.0, 20352.0, 20313.0, 20314.0, 20271.0, 20282.0, 20285.0, 20306.0, 20277.0, 20265.0, 20251.0, 20310.0, 20271.0, 20302.0, 20283.0, 20278.0, 20271.0, 20236.0, 20274.0, 20309.0, 20318.0, 20277.0, 20305.0, 20329.0, 20298.0, 20316.0, 20313.0, 20309.0, 20240.0, 20290.0, 20279.0, 20280.0, 20289.0, 20277.0, 20255.0, 20262.0, 20278.0, 20300.0, 20273.0, 20209.0, 20214.0, 20179.0, 20180.0, 20261.0, 20144.0, 20224.0, 20232.0, 20259.0, 20343.0, 20298.0, 20304.0, 20258.0, 20304.0, 20319.0, 20353.0, 20261.0, 20279.0, 20296.0, 20276.0, 20301.0, 20358.0, 20332.0, 20318.0, 20328.0, 20311.0, 20244.0, 20294.0, 20266.0, 20314.0, 20279.0, 20321.0, 20291.0, 20264.0, 20310.0, 20300.0, 20292.0, 20262.0, 20296.0, 20247.0, 20217.0, 20196.0, 20240.0, 20267.0, 20215.0, 20256.0, 20263.0, 20231.0, 20287.0, 20270.0, 20249.0, 20236.0, 20249.0, 20214.0, 20261.0, 20255.0, 20199.0, 20194.0, 20228.0, 20206.0, 20158.0, 20235.0, 20216.0, 20177.0, 20212.0, 20253.0, 20271.0, 20264.0, 20263.0, 20284.0, 20315.0, 20266.0, 20257.0, 20290.0, 20352.0, 20314.0, 20285.0, 20273.0, 20298.0, 20299.0, 20337.0, 20274.0, 20308.0, 20285.0, 20289.0, 20370.0, 20309.0, 20341.0, 20308.0, 20298.0, 20278.0, 20285.0, 20273.0, 20265.0, 20280.0, 20260.0, 20305.0, 20307.0, 20314.0, 20266.0, 20263.0, 20228.0, 20266.0, 20260.0, 20211.0, 20182.0, 20249.0, 20175.0, 20197.0, 20219.0, 20224.0, 20196.0, 20240.0, 20248.0, 20255.0, 20269.0, 20260.0, 20260.0, 20275.0, 20289.0, 20327.0, 20309.0, 20309.0, 20293.0, 20270.0, 20314.0, 20288.0, 20190.0, 20243.0, 20235.0, 20246.0, 20309.0, 20283.0, 20246.0, 20233.0, 20223.0, 20245.0, 20280.0, 20295.0, 20248.0, 20293.0, 20269.0, 20294.0, 20316.0, 20247.0, 20273.0, 20230.0, 20276.0, 20218.0, 20214.0, 20234.0, 20175.0, 20215.0, 20228.0, 20184.0, 20224.0, 20274.0, 20215.0, 20244.0, 20216.0, 20218.0, 20235.0, 20237.0, 20223.0, 20247.0, 20236.0, 20309.0, 20302.0, 20266.0, 20316.0, 20292.0, 20309.0, 20247.0, 20304.0, 20252.0, 20255.0, 20266.0, 20275.0, 20219.0, 20217.0, 20233.0, 20210.0, 20242.0, 20273.0, 20224.0, 20257.0, 20298.0, 20265.0, 20247.0, 20217.0, 20262.0, 20212.0, 20209.0, 20243.0, 20195.0, 20182.0, 20168.0, 20246.0, 20231.0, 20245.0, 20264.0, 20279.0, 20301.0, 20256.0, 20223.0, 20280.0, 20302.0, 20255.0, 20247.0, 20227.0, 20263.0, 20288.0, 20263.0, 20219.0, 20231.0, 20196.0, 20184.0, 20196.0, 20175.0, 20125.0, 20178.0, 20131.0, 20156.0, 20152.0]}, "slices": {}}}