{"AcquisitionMatrixPE": 96, "AcquisitionNumber": 1, "AcquisitionTime": "07:45:33.530000", "BandwidthPerPixelPhaseEncode": 33.602, "BaseResolution": 96, "BodyPartExamined": "BRAIN", "ConsistencyInfo": "N4_VD11D_LATEST_20110129", "ConversionSoftware": "dcm2niix", "ConversionSoftwareVersion": "v1.0.20210317", "DerivedVendorReportedEchoSpacing": 0.000620003, "DeviceSerialNumber": "45239", "DwellTime": 2.6e-06, "EchoTime": 0.03, "EchoTrainLength": 48, "EffectiveEchoSpacing": 0.000310001, "FlipAngle": 63, "ImageComments": "Unaliased MB4/PE3", "ImageOrientationPatientDICOM": [0.999667, 0.022316, 0.0129311, -0.0122678, 0.852431, -0.522697], "ImageType": ["ORIGINAL", "PRIMARY", "M", "ND", "NORM", "MOSAIC"], "ImagingFrequency": 123.193, "InPlanePhaseEncodingDirectionDICOM": "COL", "InstitutionAddress": "E 24th St. 100,Austin,Southmiddle,US,78712", "InstitutionName": "Univ of Texas at Austin", "InstitutionalDepartmentName": "IRC", "MRAcquisitionType": "2D", "MagneticFieldStrength": 3, "Manufacturer": "Siemens", "ManufacturersModelName": "Skyra", "Modality": "MR", "MultibandAccelerationFactor": 4, "ParallelReductionFactorInPlane": 2, "PartialFourier": 1, "PatientPosition": "HFS", "PercentPhaseFOV": 100, "PercentSampling": 100, "PhaseEncodingDirection": "j-", "PhaseEncodingSteps": 96, "PhaseResolution": 1, "PixelBandwidth": 2005, "ProcedureStepDescription": "Poldrack2^self-scanning", "ProtocolName": "Resting State fMRI MBEPI_matrix96_BW2004", "PulseSequenceDetails": "%CustomerSeq%\\cmrr_mbep2d_bold", "ReceiveCoilActiveElements": "HEA;HEP", "ReceiveCoilName": "Head_32", "ReconMatrixPE": 96, "RefLinesPE": 94, "RepetitionTime": 1.16, "SAR": 0.0971194, "ScanOptions": "FS", "ScanningSequence": "EP", "SequenceName": "epfid2d1_96", "SequenceVariant": "SK", "SeriesDescription": "Resting State fMRI MBEPI_matrix96_BW2004", "SeriesNumber": 8, "ShimSetting": [-2783, 8044, -15416, 78, -200, 174, 222, -47], "SliceThickness": 2, "SliceTiming": [0, 0.4975, 0.995, 0.355, 0.8525, 0.2125, 0.71, 0.07, 0.5675, 1.0675, 0.425, 0.925, 0.2825, 0.7825, 0.1425, 0.64, 0, 0.4975, 0.995, 0.355, 0.8525, 0.2125, 0.71, 0.07, 0.5675, 1.0675, 0.425, 0.925, 0.2825, 0.7825, 0.1425, 0.64, 0, 0.4975, 0.995, 0.355, 0.8525, 0.2125, 0.71, 0.07, 0.5675, 1.0675, 0.425, 0.925, 0.2825, 0.7825, 0.1425, 0.64, 0, 0.4975, 0.995, 0.355, 0.8525, 0.2125, 0.71, 0.07, 0.5675, 1.0675, 0.425, 0.925, 0.2825, 0.7825, 0.1425, 0.64], "SoftwareVersions": "syngo MR D11", "SpacingBetweenSlices": 2.4, "StationName": "AWP45239", "TaskName": "Resting fmri", "TotalReadoutTime": 0.0294501, "TxRefAmp": 335.954, "WipMemBlock": "0dee4265-8dbf-4b3b-a56b-85d2f1964d1e||Sequence: VD11D r206; Feb 13 2013 18:52:04 by eja", "dcmmeta_affine": [[-2.395036220550537, -0.029391705989837646, 0.054449643939733505, 118.89805603027344], [-0.053465329110622406, 2.04228138923645, -1.253673791885376, -74.46197509765625], [0.030980780720710754, 1.2522938251495361, 2.045809745788574, -84.81562805175781], [0.0, 0.0, 0.0, 1.0]], "dcmmeta_reorient_transform": [[0.0, -1.0, 0.0, 95.0], [1.0, 0.0, 0.0, 0.0], [0.0, 0.0, 1.0, 0.0], [0.0, 0.0, 0.0, 1.0]], "dcmmeta_shape": [96, 96, 64, 518], "dcmmeta_slice_dim": 2, "dcmmeta_version": 0.6, "global": {"const": {"AcquisitionMatrix": [96, 0, 0, 96], "AngioFlag": "N", "BitsAllocated": 16, "BitsStored": 16, "BodyPartExamined": "BRAIN", "Columns": 768, "EchoNumbers": 1, "EchoTime": 30.0, "EchoTrainLength": 48, "FlipAngle": 63.0, "HighBit": 15, "ImageOrientationPatient": [0.99966733674451, 0.02231596426062, 0.01293110920451, -0.0122678431235, 0.85243050904971, -0.5226965919789], "ImagePositionPatient": [-910.96241298911, -823.72564064611, 444.513489231], "ImageType": ["ORIGINAL", "PRIMARY", "M", "ND", "NORM", "MOSAIC"], "ImagedNucleus": "1H", "ImagingFrequency": 123.193192, "InPlanePhaseEncodingDirection": "COL", "MRAcquisitionType": "2D", "MagneticFieldStrength": 3.0, "Manufacturer": "SIEMENS", "ManufacturerModelName": "Skyra", "Modality": "MR", "NumberOfAverages": 1.0, "NumberOfPhaseEncodingSteps": 96, "PercentPhaseFieldOfView": 100.0, "PercentSampling": 100.0, "PerformedProcedureStepStartTime": "071855.328000", "PhotometricInterpretation": "MONOCHROME2", "PixelBandwidth": 2005.0, "PixelRepresentation": 0, "PixelSpacing": [2.3958332538605, 2.3958332538605], "ProtocolName": "Resting State fMRI MBEPI_matrix96_BW2004", "RepetitionTime": 1160.0, "Rows": 768, "SAR": 0.09711943517604, "SamplesPerPixel": 1, "ScanOptions": "FS", "ScanningSequence": "EP", "SequenceName": "epfid2d1_96", "SequenceVariant": "SK", "SeriesDescription": "Resting State fMRI MBEPI_matrix96_BW2004", "SeriesNumber": 8, "SeriesTime": "074612.562000", "SliceLocation": -30.704855238863, "SliceThickness": 2.0, "SmallestImagePixelValue": 0, "SoftwareVersions": "syngo MR D11", "SpacingBetweenSlices": 2.4000000672454, "SpecificCharacterSet": "ISO_IR 100", "StudyID": "1", "StudyTime": "071855.281000", "TransmitCoilName": "Body", "VariableFlipAngleFlag": "N", "WindowCenterWidthExplanation": "Algo1", "dBdt": 0.0}, "slices": {}}, "time": {"samples": {"AcquisitionNumber": [1, 2, 3, 4, 5, 6, 7, 8, 9, 10, 11, 12, 13, 14, 15, 16, 17, 18, 19, 20, 21, 22, 23, 24, 25, 26, 27, 28, 29, 30, 31, 32, 33, 34, 35, 36, 37, 38, 39, 40, 41, 42, 43, 44, 45, 46, 47, 48, 49, 50, 51, 52, 53, 54, 55, 56, 57, 58, 59, 60, 61, 62, 63, 64, 65, 66, 67, 68, 69, 70, 71, 72, 73, 74, 75, 76, 77, 78, 79, 80, 81, 82, 83, 84, 85, 86, 87, 88, 89, 90, 91, 92, 93, 94, 95, 96, 97, 98, 99, 100, 101, 102, 103, 104, 105, 106, 107, 108, 109, 110, 111, 112, 113, 114, 115, 116, 117, 118, 119, 120, 121, 122, 123, 124, 125, 126, 127, 128, 129, 130, 131, 132, 133, 134, 135, 136, 137, 138, 139, 140, 141, 142, 143, 144, 145, 146, 147, 148, 149, 150, 151, 152, 153, 154, 155, 156, 157, 158, 159, 160, 161, 162, 163, 164, 165, 166, 167, 168, 169, 170, 171, 172, 173, 174, 175, 176, 177, 178, 179, 180, 181, 182, 183, 184, 185, 186, 187, 188, 189, 190, 191, 192, 193, 194, 195, 196, 197, 198, 199, 200, 201, 202, 203, 204, 205, 206, 207, 208, 209, 210, 211, 212, 213, 214, 215, 216, 217, 218, 219, 220, 221, 222, 223, 224, 225, 226, 227, 228, 229, 230, 231, 232, 233, 234, 235, 236, 237, 238, 239, 240, 241, 242, 243, 244, 245, 246, 247, 248, 249, 250, 251, 252, 253, 254, 255, 256, 257, 258, 259, 260, 261, 262, 263, 264, 265, 266, 267, 268, 269, 270, 271, 272, 273, 274, 275, 276, 277, 278, 279, 280, 281, 282, 283, 284, 285, 286, 287, 288, 289, 290, 291, 292, 293, 294, 295, 296, 297, 298, 299, 300, 301, 302, 303, 304, 305, 306, 307, 308, 309, 310, 311, 312, 313, 314, 315, 316, 317, 318, 319, 320, 321, 322, 323, 324, 325, 326, 327, 328, 329, 330, 331, 332, 333, 334, 335, 336, 337, 338, 339, 340, 341, 342, 343, 344, 345, 346, 347, 348, 349, 350, 351, 352, 353, 354, 355, 356, 357, 358, 359, 360, 361, 362, 363, 364, 365, 366, 367, 368, 369, 370, 371, 372, 373, 374, 375, 376, 377, 378, 379, 380, 381, 382, 383, 384, 385, 386, 387, 388, 389, 390, 391, 392, 393, 394, 395, 396, 397, 398, 399, 400, 401, 402, 403, 404, 405, 406, 407, 408, 409, 410, 411, 412, 413, 414, 415, 416, 417, 418, 419, 420, 421, 422, 423, 424, 425, 426, 427, 428, 429, 430, 431, 432, 433, 434, 435, 436, 437, 438, 439, 440, 441, 442, 443, 444, 445, 446, 447, 448, 449, 450, 451, 452, 453, 454, 455, 456, 457, 458, 459, 460, 461, 462, 463, 464, 465, 466, 467, 468, 469, 470, 471, 472, 473, 474, 475, 476, 477, 478, 479, 480, 481, 482, 483, 484, 485, 486, 487, 488, 489, 490, 491, 492, 493, 494, 495, 496, 497, 498, 499, 500, 501, 502, 503, 504, 505, 506, 507, 508, 509, 510, 511, 512, 513, 514, 515, 516, 517, 518], "AcquisitionTime": ["074533.530000", "074602.530000", "074603.690000", "074604.850000", "074606.010000", "074607.170000", "074608.330000", "074609.490000", "074610.650000", "074611.810000", "074612.970000", "074614.130000", "074615.290000", "074616.450000", "074617.610000", "074618.770000", "074619.930000", "074621.090000", "074622.250000", "074623.410000", "074624.570000", "074625.730000", "074626.890000", "074628.050000", "074629.210000", "074630.370000", "074631.530000", "074632.690000", "074633.850000", "074635.010000", "074636.170000", "074637.330000", "074638.490000", "074639.650000", "074640.810000", "074641.970000", "074643.130000", "074644.290000", "074645.450000", "074646.610000", "074647.770000", "074648.930000", "074650.090000", "074651.250000", "074652.410000", "074653.570000", "074654.730000", "074655.890000", "074657.050000", "074658.210000", "074659.370000", "074700.530000", "074701.690000", "074702.850000", "074704.010000", "074705.170000", "074706.330000", "074707.490000", "074708.650000", "074709.810000", "074710.970000", "074712.130000", "074713.290000", "074714.450000", "074715.610000", "074716.770000", "074717.930000", "074719.090000", "074720.250000", "074721.410000", "074722.570000", "074723.730000", "074724.890000", "074726.050000", "074727.210000", "074728.370000", "074729.530000", "074730.690000", "074731.850000", "074733.010000", "074734.170000", "074735.330000", "074736.490000", "074737.650000", "074738.810000", "074739.970000", "074741.130000", "074742.290000", "074743.450000", "074744.610000", "074745.770000", "074746.930000", "074748.090000", "074749.250000", "074750.410000", "074751.570000", "074752.730000", "074753.890000", "074755.050000", "074756.210000", "074757.370000", "074758.530000", "074759.690000", "074800.850000", "074802.010000", "074803.170000", "074804.330000", "074805.490000", "074806.650000", "074807.810000", "074808.970000", "074810.130000", "074811.290000", "074812.450000", "074813.610000", "074814.770000", "074815.930000", "074817.090000", "074818.250000", "074819.410000", "074820.570000", "074821.730000", "074822.890000", "074824.050000", "074825.210000", "074826.370000", "074827.530000", "074828.690000", "074829.850000", "074831.010000", "074832.170000", "074833.330000", "074834.490000", "074835.650000", "074836.810000", "074837.970000", "074839.130000", "074840.290000", "074841.450000", "074842.610000", "074843.770000", "074844.930000", "074846.090000", "074847.250000", "074848.410000", "074849.570000", "074850.730000", "074851.890000", "074853.050000", "074854.210000", "074855.370000", "074856.530000", "074857.690000", "074858.850000", "074900.010000", "074901.170000", "074902.330000", "074903.490000", "074904.650000", "074905.810000", "074906.970000", "074908.130000", "074909.290000", "074910.450000", "074911.610000", "074912.770000", "074913.930000", "074915.090000", "074916.250000", "074917.410000", "074918.570000", "074919.730000", "074920.890000", "074922.050000", "074923.210000", "074924.370000", "074925.530000", "074926.690000", "074927.850000", "074929.010000", "074930.170000", "074931.330000", "074932.490000", "074933.650000", "074934.810000", "074935.970000", "074937.130000", "074938.290000", "074939.450000", "074940.610000", "074941.770000", "074942.930000", "074944.090000", "074945.250000", "074946.410000", "074947.570000", "074948.730000", "074949.890000", "074951.050000", "074952.210000", "074953.370000", "074954.530000", "074955.690000", "074956.850000", "074958.010000", "074959.170000", "075000.330000", "075001.490000", "075002.650000", "075003.810000", "075004.970000", "075006.130000", "075007.290000", "075008.450000", "075009.610000", "075010.770000", "075011.930000", "075013.090000", "075014.250000", "075015.410000", "075016.570000", "075017.730000", "075018.890000", "075020.050000", "075021.210000", "075022.370000", "075023.530000", "075024.690000", "075025.850000", "075027.010000", "075028.170000", "075029.330000", "075030.490000", "075031.650000", "075032.810000", "075033.970000", "075035.130000", "075036.290000", "075037.450000", "075038.610000", "075039.770000", "075040.930000", "075042.090000", "075043.252500", "075044.412500", "075045.572500", "075046.732500", "075047.892500", "075049.052500", "075050.212500", "075051.372500", "075052.532500", "075053.692500", "075054.852500", "075056.012500", "075057.172500", "075058.332500", "075059.492500", "075100.652500", "075101.812500", "075102.972500", "075104.132500", "075105.292500", "075106.452500", "075107.612500", "075108.772500", "075109.932500", "075111.092500", "075112.252500", "075113.412500", "075114.572500", "075115.732500", "075116.892500", "075118.052500", "075119.212500", "075120.372500", "075121.532500", "075122.692500", "075123.852500", "075125.012500", "075126.172500", "075127.332500", "075128.492500", "075129.652500", "075130.812500", "075131.972500", "075133.132500", "075134.292500", "075135.452500", "075136.612500", "075137.772500", "075138.932500", "075140.092500", "075141.252500", "075142.412500", "075143.572500", "075144.732500", "075145.892500", "075147.052500", "075148.212500", "075149.372500", "075150.532500", "075151.692500", "075152.852500", "075154.012500", "075155.172500", "075156.332500", "075157.492500", "075158.652500", "075159.812500", "075200.972500", "075202.132500", "075203.292500", "075204.452500", "075205.612500", "075206.772500", "075207.932500", "075209.092500", "075210.252500", "075211.412500", "075212.572500", "075213.732500", "075214.892500", "075216.052500", "075217.212500", "075218.372500", "075219.532500", "075220.692500", "075221.852500", "075223.012500", "075224.172500", "075225.332500", "075226.492500", "075227.652500", "075228.812500", "075229.972500", "075231.132500", "075232.292500", "075233.452500", "075234.612500", "075235.772500", "075236.932500", "075238.092500", "075239.252500", "075240.412500", "075241.572500", "075242.732500", "075243.892500", "075245.052500", "075246.212500", "075247.372500", "075248.532500", "075249.692500", "075250.852500", "075252.012500", "075253.172500", "075254.332500", "075255.492500", "075256.652500", "075257.812500", "075258.972500", "075300.132500", "075301.292500", "075302.452500", "075303.612500", "075304.772500", "075305.932500", "075307.092500", "075308.252500", "075309.412500", "075310.572500", "075311.732500", "075312.892500", "075314.052500", "075315.212500", "075316.372500", "075317.532500", "075318.692500", "075319.852500", "075321.012500", "075322.172500", "075323.332500", "075324.492500", "075325.652500", "075326.812500", "075327.972500", "075329.132500", "075330.292500", "075331.452500", "075332.612500", "075333.772500", "075334.932500", "075336.092500", "075337.252500", "075338.412500", "075339.572500", "075340.732500", "075341.892500", "075343.052500", "075344.212500", "075345.372500", "075346.532500", "075347.692500", "075348.852500", "075350.012500", "075351.172500", "075352.332500", "075353.492500", "075354.652500", "075355.812500", "075356.972500", "075358.132500", "075359.292500", "075400.452500", "075401.612500", "075402.772500", "075403.932500", "075405.092500", "075406.252500", "075407.412500", "075408.572500", "075409.732500", "075410.892500", "075412.052500", "075413.212500", "075414.372500", "075415.532500", "075416.692500", "075417.852500", "075419.012500", "075420.172500", "075421.332500", "075422.492500", "075423.652500", "075424.812500", "075425.972500", "075427.132500", "075428.292500", "075429.452500", "075430.612500", "075431.772500", "075432.932500", "075434.092500", "075435.252500", "075436.412500", "075437.572500", "075438.732500", "075439.892500", "075441.052500", "075442.212500", "075443.372500", "075444.532500", "075445.692500", "075446.852500", "075448.012500", "075449.172500", "075450.332500", "075451.492500", "075452.652500", "075453.812500", "075454.972500", "075456.132500", "075457.292500", "075458.452500", "075459.612500", "075500.772500", "075501.932500", "075503.092500", "075504.252500", "075505.412500", "075506.572500", "075507.732500", "075508.892500", "075510.052500", "075511.212500", "075512.372500", "075513.532500", "075514.692500", "075515.852500", "075517.012500", "075518.172500", "075519.332500", "075520.492500", "075521.652500", "075522.812500", "075523.972500", "075525.132500", "075526.292500", "075527.452500", "075528.612500", "075529.772500", "075530.932500", "075532.092500", "075533.255000", "075534.415000", "075535.575000", "075536.735000", "075537.895000", "075539.055000", "075540.215000", "075541.375000", "075542.535000", "075543.695000", "075544.855000", "075546.015000", "075547.175000", "075548.335000", "075549.495000", "075550.655000", "075551.815000", "075552.975000", "075554.135000", "075555.295000", "075556.455000", "075557.615000", "075558.775000", "075559.935000", "075601.095000"], "ContentTime": ["074612.562000", "074619.078000", "074619.093000", "074619.093000", "074619.093000", "074619.093000", "074619.093000", "074624.078000", "074624.093000", "074624.093000", "074629.078000", "074629.093000", "074629.093000", "074629.093000", "074634.078000", "074634.093000", "074634.093000", "074634.093000", "074639.078000", "074639.093000", "074639.093000", "074639.093000", "074644.078000", "074644.093000", "074644.093000", "074649.078000", "074649.093000", "074649.093000", "074649.093000", "074654.078000", "074654.093000", "074654.093000", "074659.078000", "074659.093000", "074659.093000", "074659.109000", "074704.078000", "074704.093000", "074704.093000", "074704.093000", "074709.078000", "074709.093000", "074709.093000", "074709.093000", "074714.078000", "074714.093000", "074714.093000", "074714.093000", "074719.078000", "074719.093000", "074719.093000", "074724.078000", "074724.093000", "074724.093000", "074724.093000", "074729.078000", "074729.093000", "074729.093000", "074729.093000", "074734.078000", "074734.093000", "074734.093000", "074739.078000", "074739.093000", "074739.093000", "074739.093000", "074744.078000", "074744.093000", "074744.093000", "074744.093000", "074749.078000", "074749.093000", "074749.093000", "074749.093000", "074754.078000", "074754.093000", "074754.093000", "074754.093000", "074759.078000", "074759.093000", "074759.093000", "074804.078000", "074804.093000", "074804.093000", "074804.093000", "074809.078000", "074809.093000", "074809.093000", "074814.078000", "074814.093000", "074814.093000", "074819.078000", "074819.093000", "074819.093000", "074819.093000", "074824.078000", "074824.093000", "074824.093000", "074829.078000", "074829.093000", "074829.093000", "074829.093000", "074834.078000", "074834.093000", "074834.093000", "074839.078000", "074839.093000", "074839.093000", "074839.093000", "074844.078000", "074844.093000", "074844.093000", "074849.078000", "074849.093000", "074849.093000", "074849.093000", "074854.078000", "074854.093000", "074854.093000", "074859.078000", "074859.093000", "074859.093000", "074859.093000", "074904.078000", "074904.093000", "074904.093000", "074909.078000", "074909.093000", "074909.093000", "074909.093000", "074914.078000", "074914.093000", "074914.093000", "074919.078000", "074919.093000", "074919.093000", "074919.093000", "074924.078000", "074924.093000", "074924.093000", "074924.093000", "074929.078000", "074929.093000", "074929.093000", "074929.093000", "074934.078000", "074934.093000", "074934.093000", "074934.093000", "074939.078000", "074939.093000", "074939.093000", "074939.093000", "074944.078000", "074944.093000", "074944.093000", "074949.078000", "074949.093000", "074949.093000", "074949.093000", "074954.078000", "074954.093000", "074954.093000", "074959.078000", "074959.093000", "074959.093000", "074959.093000", "075004.078000", "075004.093000", "075004.093000", "075004.093000", "075009.078000", "075009.093000", "075009.093000", "075014.078000", "075014.093000", "075014.093000", "075014.093000", "075019.078000", "075019.093000", "075019.093000", "075019.093000", "075024.078000", "075024.093000", "075024.093000", "075029.078000", "075029.093000", "075029.093000", "075029.093000", "075034.078000", "075034.093000", "075034.093000", "075034.093000", "075039.078000", "075039.093000", "075039.093000", "075044.078000", "075044.093000", "075044.093000", "075044.093000", "075049.078000", "075049.093000", "075049.093000", "075049.093000", "075054.078000", "075054.093000", "075054.093000", "075054.093000", "075059.078000", "075059.093000", "075059.093000", "075104.078000", "075104.093000", "075104.093000", "075109.078000", "075109.093000", "075109.093000", "075109.093000", "075114.078000", "075114.093000", "075114.093000", "075114.093000", "075119.078000", "075119.093000", "075119.093000", "075124.078000", "075124.093000", "075124.093000", "075124.093000", "075129.078000", "075129.093000", "075129.093000", "075134.078000", "075134.093000", "075134.109000", "075134.109000", "075139.078000", "075139.093000", "075139.093000", "075139.093000", "075144.078000", "075144.093000", "075144.093000", "075144.093000", "075149.078000", "075149.093000", "075149.093000", "075154.078000", "075154.093000", "075154.093000", "075154.093000", "075159.078000", "075159.093000", "075159.093000", "075159.093000", "075204.078000", "075204.093000", "075204.093000", "075209.078000", "075209.093000", "075209.093000", "075209.093000", "075214.078000", "075214.093000", "075214.093000", "075219.078000", "075219.093000", "075219.093000", "075219.093000", "075224.078000", "075224.093000", "075224.093000", "075224.093000", "075229.078000", "075229.093000", "075229.093000", "075234.078000", "075234.093000", "075234.093000", "075234.093000", "075239.078000", "075239.093000", "075239.093000", "075244.078000", "075244.093000", "075244.093000", "075244.093000", "075249.078000", "075249.093000", "075249.093000", "075254.078000", "075254.093000", "075254.093000", "075254.093000", "075259.078000", "075259.093000", "075259.093000", "075259.093000", "075304.078000", "075304.093000", "075304.093000", "075309.078000", "075309.093000", "075309.093000", "075309.093000", "075314.078000", "075314.093000", "075314.093000", "075319.078000", "075319.093000", "075319.093000", "075319.093000", "075324.078000", "075324.093000", "075324.093000", "075324.093000", "075329.078000", "075329.093000", "075329.093000", "075334.078000", "075334.093000", "075334.093000", "075334.093000", "075339.078000", "075339.093000", "075339.093000", "075339.093000", "075344.078000", "075344.093000", "075344.093000", "075349.078000", "075349.093000", "075349.093000", "075349.093000", "075354.078000", "075354.093000", "075354.093000", "075359.078000", "075359.093000", "075359.093000", "075359.093000", "075404.078000", "075404.093000", "075404.093000", "075409.078000", "075409.093000", "075409.093000", "075409.093000", "075414.078000", "075414.093000", "075414.093000", "075414.093000", "075419.078000", "075419.093000", "075419.093000", "075424.078000", "075424.093000", "075424.093000", "075424.093000", "075429.093000", "075429.093000", "075429.093000", "075434.078000", "075434.093000", "075434.093000", "075434.093000", "075439.078000", "075439.093000", "075439.093000", "075444.078000", "075444.093000", "075444.093000", "075444.093000", "075449.078000", "075449.093000", "075449.093000", "075449.093000", "075454.078000", "075454.093000", "075454.093000", "075459.078000", "075459.093000", "075459.093000", "075459.093000", "075504.078000", "075504.093000", "075504.093000", "075504.093000", "075509.078000", "075509.093000", "075509.093000", "075509.093000", "075514.078000", "075514.093000", "075514.093000", "075519.078000", "075519.093000", "075519.093000", "075519.093000", "075524.078000", "075524.093000", "075524.093000", "075524.093000", "075529.078000", "075529.093000", "075529.093000", "075534.078000", "075534.093000", "075534.093000", "075534.093000", "075539.078000", "075539.093000", "075539.093000", "075539.093000", "075544.078000", "075544.093000", "075544.093000", "075549.078000", "075549.093000", "075549.093000", "075549.093000", "075554.078000", "075554.093000", "075554.093000", "075554.093000", "075559.078000", "075559.093000", "075559.093000", "075604.078000", "075604.093000", "075604.093000", "075604.093000", "075609.078000", "075609.093000", "075609.093000", "075614.078000", "075614.093000", "075614.093000", "075614.093000", "075619.078000", "075619.093000", "075619.093000", "075619.093000", "075624.078000", "075624.093000", "075624.093000", "075629.078000", "075629.093000", "075629.093000", "075629.093000", "075634.078000", "075634.093000", "075634.093000", "075634.093000", "075639.078000", "075639.093000", "075639.093000", "075639.093000", "075644.078000", "075644.093000", "075644.093000", "075644.093000", "075649.078000", "075649.093000", "075649.093000", "075649.093000", "075659.078000", "075659.093000", "075659.093000", "075659.093000", "075659.093000", "075659.093000", "075659.109000", "075704.078000", "075704.093000", "075704.093000", "075704.093000", "075709.078000", "075709.093000", "075709.093000", "075709.093000", "075714.078000", "075714.093000", "075714.093000", "075714.093000", "075719.078000", "075719.093000", "075719.093000", "075719.093000", "075724.078000", "075724.093000", "075724.093000", "075729.078000", "075729.093000", "075729.093000", "075729.093000", "075734.078000", "075734.093000", "075734.093000", "075734.093000", "075739.078000", "075739.093000", "075739.093000", "075744.078000", "075744.093000", "075744.093000", "075744.093000", "075749.078000", "075749.093000", "075749.093000", "075754.078000", "075754.093000", "075754.093000", "075754.093000", "075758.265000", "075758.265000", "075758.265000", "075758.281000"], "InstanceCreationTime": ["074612.562000", "074619.078000", "074619.093000", "074619.093000", "074619.093000", "074619.093000", "074619.093000", "074624.078000", "074624.093000", "074624.093000", "074629.078000", "074629.093000", "074629.093000", "074629.093000", "074634.078000", "074634.093000", "074634.093000", "074634.093000", "074639.078000", "074639.093000", "074639.093000", "074639.093000", "074644.078000", "074644.093000", "074644.093000", "074649.078000", "074649.093000", "074649.093000", "074649.093000", "074654.078000", "074654.093000", "074654.093000", "074659.078000", "074659.093000", "074659.093000", "074659.109000", "074704.078000", "074704.093000", "074704.093000", "074704.093000", "074709.078000", "074709.093000", "074709.093000", "074709.093000", "074714.078000", "074714.093000", "074714.093000", "074714.093000", "074719.078000", "074719.093000", "074719.093000", "074724.078000", "074724.093000", "074724.093000", "074724.093000", "074729.078000", "074729.093000", "074729.093000", "074729.093000", "074734.078000", "074734.093000", "074734.093000", "074739.078000", "074739.093000", "074739.093000", "074739.093000", "074744.078000", "074744.093000", "074744.093000", "074744.093000", "074749.078000", "074749.093000", "074749.093000", "074749.093000", "074754.078000", "074754.093000", "074754.093000", "074754.093000", "074759.078000", "074759.093000", "074759.093000", "074804.078000", "074804.093000", "074804.093000", "074804.093000", "074809.078000", "074809.093000", "074809.093000", "074814.078000", "074814.093000", "074814.093000", "074819.078000", "074819.093000", "074819.093000", "074819.093000", "074824.078000", "074824.093000", "074824.093000", "074829.078000", "074829.093000", "074829.093000", "074829.093000", "074834.078000", "074834.093000", "074834.093000", "074839.078000", "074839.093000", "074839.093000", "074839.093000", "074844.078000", "074844.093000", "074844.093000", "074849.078000", "074849.093000", "074849.093000", "074849.093000", "074854.078000", "074854.093000", "074854.093000", "074859.078000", "074859.093000", "074859.093000", "074859.093000", "074904.078000", "074904.093000", "074904.093000", "074909.078000", "074909.093000", "074909.093000", "074909.093000", "074914.078000", "074914.093000", "074914.093000", "074919.078000", "074919.093000", "074919.093000", "074919.093000", "074924.078000", "074924.093000", "074924.093000", "074924.093000", "074929.078000", "074929.093000", "074929.093000", "074929.093000", "074934.078000", "074934.093000", "074934.093000", "074934.093000", "074939.078000", "074939.093000", "074939.093000", "074939.093000", "074944.078000", "074944.093000", "074944.093000", "074949.078000", "074949.093000", "074949.093000", "074949.093000", "074954.078000", "074954.093000", "074954.093000", "074959.078000", "074959.093000", "074959.093000", "074959.093000", "075004.078000", "075004.093000", "075004.093000", "075004.093000", "075009.078000", "075009.093000", "075009.093000", "075014.078000", "075014.093000", "075014.093000", "075014.093000", "075019.078000", "075019.093000", "075019.093000", "075019.093000", "075024.078000", "075024.093000", "075024.093000", "075029.078000", "075029.093000", "075029.093000", "075029.093000", "075034.078000", "075034.093000", "075034.093000", "075034.093000", "075039.078000", "075039.093000", "075039.093000", "075044.078000", "075044.093000", "075044.093000", "075044.093000", "075049.078000", "075049.093000", "075049.093000", "075049.093000", "075054.078000", "075054.093000", "075054.093000", "075054.093000", "075059.078000", "075059.093000", "075059.093000", "075104.078000", "075104.093000", "075104.093000", "075109.078000", "075109.093000", "075109.093000", "075109.093000", "075114.078000", "075114.093000", "075114.093000", "075114.093000", "075119.078000", "075119.093000", "075119.093000", "075124.078000", "075124.093000", "075124.093000", "075124.093000", "075129.078000", "075129.093000", "075129.093000", "075134.078000", "075134.093000", "075134.109000", "075134.109000", "075139.078000", "075139.093000", "075139.093000", "075139.093000", "075144.078000", "075144.093000", "075144.093000", "075144.093000", "075149.078000", "075149.093000", "075149.093000", "075154.078000", "075154.093000", "075154.093000", "075154.093000", "075159.078000", "075159.093000", "075159.093000", "075159.093000", "075204.078000", "075204.093000", "075204.093000", "075209.078000", "075209.093000", "075209.093000", "075209.093000", "075214.078000", "075214.093000", "075214.093000", "075219.078000", "075219.093000", "075219.093000", "075219.093000", "075224.078000", "075224.093000", "075224.093000", "075224.093000", "075229.078000", "075229.093000", "075229.093000", "075234.078000", "075234.093000", "075234.093000", "075234.093000", "075239.078000", "075239.093000", "075239.093000", "075244.078000", "075244.093000", "075244.093000", "075244.093000", "075249.078000", "075249.093000", "075249.093000", "075254.078000", "075254.093000", "075254.093000", "075254.093000", "075259.078000", "075259.093000", "075259.093000", "075259.093000", "075304.078000", "075304.093000", "075304.093000", "075309.078000", "075309.093000", "075309.093000", "075309.093000", "075314.078000", "075314.093000", "075314.093000", "075319.078000", "075319.093000", "075319.093000", "075319.093000", "075324.078000", "075324.093000", "075324.093000", "075324.093000", "075329.078000", "075329.093000", "075329.093000", "075334.078000", "075334.093000", "075334.093000", "075334.093000", "075339.078000", "075339.093000", "075339.093000", "075339.093000", "075344.078000", "075344.093000", "075344.093000", "075349.078000", "075349.093000", "075349.093000", "075349.093000", "075354.078000", "075354.093000", "075354.093000", "075359.078000", "075359.093000", "075359.093000", "075359.093000", "075404.078000", "075404.093000", "075404.093000", "075409.078000", "075409.093000", "075409.093000", "075409.093000", "075414.078000", "075414.093000", "075414.093000", "075414.093000", "075419.078000", "075419.093000", "075419.093000", "075424.078000", "075424.093000", "075424.093000", "075424.093000", "075429.093000", "075429.093000", "075429.093000", "075434.078000", "075434.093000", "075434.093000", "075434.093000", "075439.078000", "075439.093000", "075439.093000", "075444.078000", "075444.093000", "075444.093000", "075444.093000", "075449.078000", "075449.093000", "075449.093000", "075449.093000", "075454.078000", "075454.093000", "075454.093000", "075459.078000", "075459.093000", "075459.093000", "075459.093000", "075504.078000", "075504.093000", "075504.093000", "075504.093000", "075509.078000", "075509.093000", "075509.093000", "075509.093000", "075514.078000", "075514.093000", "075514.093000", "075519.078000", "075519.093000", "075519.093000", "075519.093000", "075524.078000", "075524.093000", "075524.093000", "075524.093000", "075529.078000", "075529.093000", "075529.093000", "075534.078000", "075534.093000", "075534.093000", "075534.093000", "075539.078000", "075539.093000", "075539.093000", "075539.093000", "075544.078000", "075544.093000", "075544.093000", "075549.078000", "075549.093000", "075549.093000", "075549.093000", "075554.078000", "075554.093000", "075554.093000", "075554.093000", "075559.078000", "075559.093000", "075559.093000", "075604.078000", "075604.093000", "075604.093000", "075604.093000", "075609.078000", "075609.093000", "075609.093000", "075614.078000", "075614.093000", "075614.093000", "075614.093000", "075619.078000", "075619.093000", "075619.093000", "075619.093000", "075624.078000", "075624.093000", "075624.093000", "075629.078000", "075629.093000", "075629.093000", "075629.093000", "075634.078000", "075634.093000", "075634.093000", "075634.093000", "075639.078000", "075639.093000", "075639.093000", "075639.093000", "075644.078000", "075644.093000", "075644.093000", "075644.093000", "075649.078000", "075649.093000", "075649.093000", "075649.093000", "075659.078000", "075659.093000", "075659.093000", "075659.093000", "075659.093000", "075659.093000", "075659.109000", "075704.078000", "075704.093000", "075704.093000", "075704.093000", "075709.078000", "075709.093000", "075709.093000", "075709.093000", "075714.078000", "075714.093000", "075714.093000", "075714.093000", "075719.078000", "075719.093000", "075719.093000", "075719.093000", "075724.078000", "075724.093000", "075724.093000", "075729.078000", "075729.093000", "075729.093000", "075729.093000", "075734.078000", "075734.093000", "075734.093000", "075734.093000", "075739.078000", "075739.093000", "075739.093000", "075744.078000", "075744.093000", "075744.093000", "075744.093000", "075749.078000", "075749.093000", "075749.093000", "075754.078000", "075754.093000", "075754.093000", "075754.093000", "075758.265000", "075758.265000", "075758.265000", "075758.281000"], "InstanceNumber": [1, 2, 3, 4, 5, 6, 7, 8, 9, 10, 11, 12, 13, 14, 15, 16, 17, 18, 19, 20, 21, 22, 23, 24, 25, 26, 27, 28, 29, 30, 31, 32, 33, 34, 35, 36, 37, 38, 39, 40, 41, 42, 43, 44, 45, 46, 47, 48, 49, 50, 51, 52, 53, 54, 55, 56, 57, 58, 59, 60, 61, 62, 63, 64, 65, 66, 67, 68, 69, 70, 71, 72, 73, 74, 75, 76, 77, 78, 79, 80, 81, 82, 83, 84, 85, 86, 87, 88, 89, 90, 91, 92, 93, 94, 95, 96, 97, 98, 99, 100, 101, 102, 103, 104, 105, 106, 107, 108, 109, 110, 111, 112, 113, 114, 115, 116, 117, 118, 119, 120, 121, 122, 123, 124, 125, 126, 127, 128, 129, 130, 131, 132, 133, 134, 135, 136, 137, 138, 139, 140, 141, 142, 143, 144, 145, 146, 147, 148, 149, 150, 151, 152, 153, 154, 155, 156, 157, 158, 159, 160, 161, 162, 163, 164, 165, 166, 167, 168, 169, 170, 171, 172, 173, 174, 175, 176, 177, 178, 179, 180, 181, 182, 183, 184, 185, 186, 187, 188, 189, 190, 191, 192, 193, 194, 195, 196, 197, 198, 199, 200, 201, 202, 203, 204, 205, 206, 207, 208, 209, 210, 211, 212, 213, 214, 215, 216, 217, 218, 219, 220, 221, 222, 223, 224, 225, 226, 227, 228, 229, 230, 231, 232, 233, 234, 235, 236, 237, 238, 239, 240, 241, 242, 243, 244, 245, 246, 247, 248, 249, 250, 251, 252, 253, 254, 255, 256, 257, 258, 259, 260, 261, 262, 263, 264, 265, 266, 267, 268, 269, 270, 271, 272, 273, 274, 275, 276, 277, 278, 279, 280, 281, 282, 283, 284, 285, 286, 287, 288, 289, 290, 291, 292, 293, 294, 295, 296, 297, 298, 299, 300, 301, 302, 303, 304, 305, 306, 307, 308, 309, 310, 311, 312, 313, 314, 315, 316, 317, 318, 319, 320, 321, 322, 323, 324, 325, 326, 327, 328, 329, 330, 331, 332, 333, 334, 335, 336, 337, 338, 339, 340, 341, 342, 343, 344, 345, 346, 347, 348, 349, 350, 351, 352, 353, 354, 355, 356, 357, 358, 359, 360, 361, 362, 363, 364, 365, 366, 367, 368, 369, 370, 371, 372, 373, 374, 375, 376, 377, 378, 379, 380, 381, 382, 383, 384, 385, 386, 387, 388, 389, 390, 391, 392, 393, 394, 395, 396, 397, 398, 399, 400, 401, 402, 403, 404, 405, 406, 407, 408, 409, 410, 411, 412, 413, 414, 415, 416, 417, 418, 419, 420, 421, 422, 423, 424, 425, 426, 427, 428, 429, 430, 431, 432, 433, 434, 435, 436, 437, 438, 439, 440, 441, 442, 443, 444, 445, 446, 447, 448, 449, 450, 451, 452, 453, 454, 455, 456, 457, 458, 459, 460, 461, 462, 463, 464, 465, 466, 467, 468, 469, 470, 471, 472, 473, 474, 475, 476, 477, 478, 479, 480, 481, 482, 483, 484, 485, 486, 487, 488, 489, 490, 491, 492, 493, 494, 495, 496, 497, 498, 499, 500, 501, 502, 503, 504, 505, 506, 507, 508, 509, 510, 511, 512, 513, 514, 515, 516, 517, 518], "LargestImagePixelValue": [26016, 30613, 26486, 24727, 27642, 28271, 25543, 24445, 27152, 24519, 24492, 27410, 32006, 24963, 24584, 26740, 24315, 24527, 30686, 27805, 24516, 24303, 24499, 25468, 24368, 24528, 29372, 24668, 24777, 24336, 26970, 24728, 24510, 24608, 32204, 25151, 24502, 24412, 24213, 24468, 31265, 27248, 24301, 28780, 24337, 24484, 29129, 24345, 24538, 24388, 24426, 29606, 25048, 24690, 31393, 24120, 24323, 24384, 24358, 24725, 28872, 24225, 24233, 25345, 24428, 24482, 24252, 24436, 24541, 24440, 24381, 30543, 24168, 24678, 24225, 24635, 34426, 26849, 25119, 24249, 24825, 24294, 31849, 24403, 24505, 27933, 24383, 28144, 24301, 24449, 30709, 25286, 24517, 24379, 24243, 24355, 27442, 24653, 24515, 24324, 24317, 24451, 24432, 24572, 26774, 24391, 26076, 24346, 24555, 29953, 24406, 24385, 24313, 24346, 24469, 24487, 24312, 24177, 24388, 24377, 24295, 26409, 25453, 24534, 29528, 24343, 24393, 25106, 24554, 30617, 24168, 28533, 24344, 24655, 33244, 24473, 24187, 28618, 24407, 24425, 24776, 24867, 30329, 24127, 24189, 24394, 24315, 28022, 24500, 24179, 24075, 24392, 24423, 24420, 24365, 28343, 24348, 25828, 24321, 24336, 27611, 24545, 24146, 24095, 24366, 29188, 25976, 24492, 24541, 28316, 25045, 24231, 24467, 24526, 24443, 28398, 24293, 24294, 24604, 24581, 32562, 24557, 24534, 28203, 24351, 24656, 31805, 25471, 24570, 27268, 24195, 24467, 30129, 25487, 24480, 27952, 24395, 24266, 24383, 24589, 24540, 28941, 24672, 24558, 24545, 24359, 24605, 27955, 24360, 24393, 24592, 24550, 24535, 24564, 24372, 24464, 24498, 24109, 24402, 24514, 25487, 24244, 24486, 24461, 24097, 24567, 24677, 24570, 31481, 26200, 24634, 24380, 25355, 25578, 25705, 24449, 24915, 25577, 24613, 24482, 31318, 26262, 25019, 24475, 25428, 25326, 24364, 24292, 24638, 28813, 26048, 24268, 26438, 24343, 24443, 24329, 24265, 27139, 24219, 24306, 24486, 24632, 30842, 26793, 24415, 28241, 25064, 25115, 24887, 24479, 27746, 24954, 24401, 25078, 34595, 27409, 24631, 24233, 25744, 24408, 25158, 24502, 27654, 24409, 24508, 26734, 26535, 26277, 24970, 24538, 24438, 24624, 24314, 25463, 24534, 24422, 24558, 24601, 25166, 26456, 25227, 24709, 29103, 24892, 24603, 25360, 24509, 28703, 28094, 24398, 29188, 24545, 24312, 24402, 24530, 24294, 24680, 24493, 27410, 24725, 24377, 24249, 24355, 24511, 30439, 24796, 24448, 24422, 24456, 24782, 24411, 24340, 28931, 24491, 24452, 27821, 24374, 24475, 24310, 24444, 28204, 24318, 24385, 34715, 24715, 24747, 28948, 24428, 24202, 29035, 24352, 24367, 24838, 24448, 24359, 24353, 24510, 24180, 24428, 24276, 24346, 28635, 24324, 24302, 24329, 24219, 25625, 24470, 28332, 24800, 25211, 24276, 24309, 25497, 24363, 25323, 24348, 28980, 24204, 24362, 29739, 24406, 24176, 24227, 24135, 24483, 24336, 29552, 24389, 24375, 24488, 28996, 24196, 24788, 28593, 24375, 24509, 24445, 26695, 24408, 24267, 28663, 24460, 29026, 24333, 24314, 24569, 24457, 28957, 24315, 27256, 24432, 24399, 27455, 24313, 24234, 24143, 24487, 30856, 24448, 24226, 24356, 24399, 24239, 24275, 28851, 24303, 24390, 24498, 24520, 24312, 24418, 24316, 24920, 24212, 31163, 24300, 24303, 25430, 24311, 24189, 24199, 24722, 30431, 24518, 24252, 24556, 24278, 24317, 25255, 24386, 24125, 24237, 28740, 24393, 24452, 26399, 24699, 24645, 26889, 24354, 24557, 26916, 25653, 24423, 25563, 24257, 24379, 27681, 24377, 24399, 24274, 28938, 25250, 24438, 27213, 24408, 24410, 24451, 24410, 24844, 24467, 24630, 25800, 24342, 24422, 24535, 25522, 30113, 24406, 24617, 27490, 26831, 24413, 24553, 27455, 25293, 24259, 24516, 24464, 25364, 24364, 24406, 24303, 24364, 24281, 24504, 29997, 25382, 24466, 24311, 24357, 24430, 24481, 24482, 31772, 25945, 24253], "WindowCenter": [9840.0, 9828.0, 9801.0, 9802.0, 9816.0, 9828.0, 9789.0, 9795.0, 9799.0, 9800.0, 9791.0, 9811.0, 9828.0, 9782.0, 9781.0, 9784.0, 9805.0, 9797.0, 9834.0, 9782.0, 9781.0, 9765.0, 9777.0, 9782.0, 9782.0, 9794.0, 9824.0, 9790.0, 9808.0, 9800.0, 9813.0, 9817.0, 9806.0, 9815.0, 9836.0, 9802.0, 9807.0, 9810.0, 9807.0, 9803.0, 9847.0, 9797.0, 9798.0, 9824.0, 9781.0, 9809.0, 9796.0, 9783.0, 9786.0, 9784.0, 9811.0, 9833.0, 9785.0, 9796.0, 9820.0, 9778.0, 9789.0, 9795.0, 9799.0, 9792.0, 9802.0, 9794.0, 9796.0, 9786.0, 9795.0, 9801.0, 9788.0, 9810.0, 9819.0, 9805.0, 9785.0, 9811.0, 9787.0, 9811.0, 9807.0, 9833.0, 9839.0, 9794.0, 9776.0, 9789.0, 9783.0, 9791.0, 9817.0, 9770.0, 9784.0, 9787.0, 9777.0, 9807.0, 9770.0, 9779.0, 9807.0, 9766.0, 9799.0, 9788.0, 9778.0, 9783.0, 9804.0, 9779.0, 9770.0, 9793.0, 9793.0, 9787.0, 9773.0, 9774.0, 9794.0, 9781.0, 9805.0, 9778.0, 9802.0, 9821.0, 9774.0, 9769.0, 9781.0, 9778.0, 9779.0, 9793.0, 9779.0, 9767.0, 9799.0, 9780.0, 9810.0, 9832.0, 9811.0, 9782.0, 9803.0, 9777.0, 9787.0, 9795.0, 9781.0, 9810.0, 9797.0, 9804.0, 9784.0, 9794.0, 9826.0, 9766.0, 9757.0, 9802.0, 9760.0, 9779.0, 9784.0, 9767.0, 9820.0, 9799.0, 9766.0, 9781.0, 9793.0, 9800.0, 9772.0, 9771.0, 9779.0, 9786.0, 9763.0, 9794.0, 9778.0, 9783.0, 9763.0, 9771.0, 9777.0, 9793.0, 9788.0, 9749.0, 9759.0, 9786.0, 9769.0, 9800.0, 9811.0, 9779.0, 9763.0, 9792.0, 9771.0, 9781.0, 9785.0, 9764.0, 9780.0, 9794.0, 9770.0, 9786.0, 9789.0, 9787.0, 9808.0, 9764.0, 9787.0, 9783.0, 9766.0, 9779.0, 9794.0, 9797.0, 9757.0, 9795.0, 9782.0, 9784.0, 9824.0, 9777.0, 9770.0, 9801.0, 9771.0, 9776.0, 9781.0, 9808.0, 9801.0, 9813.0, 9787.0, 9781.0, 9796.0, 9791.0, 9779.0, 9796.0, 9769.0, 9784.0, 9763.0, 9781.0, 9774.0, 9763.0, 9753.0, 9735.0, 9778.0, 9754.0, 9776.0, 9761.0, 9779.0, 9763.0, 9758.0, 9760.0, 9759.0, 9775.0, 9744.0, 9746.0, 9794.0, 9772.0, 9762.0, 9737.0, 9768.0, 9767.0, 9757.0, 9762.0, 9756.0, 9790.0, 9759.0, 9780.0, 9803.0, 9768.0, 9768.0, 9761.0, 9765.0, 9772.0, 9766.0, 9762.0, 9748.0, 9770.0, 9794.0, 9754.0, 9786.0, 9757.0, 9787.0, 9772.0, 9781.0, 9779.0, 9748.0, 9777.0, 9777.0, 9762.0, 9800.0, 9793.0, 9776.0, 9784.0, 9793.0, 9783.0, 9795.0, 9779.0, 9795.0, 9754.0, 9765.0, 9771.0, 9806.0, 9775.0, 9753.0, 9753.0, 9773.0, 9777.0, 9763.0, 9772.0, 9770.0, 9748.0, 9776.0, 9783.0, 9795.0, 9757.0, 9753.0, 9770.0, 9762.0, 9774.0, 9782.0, 9783.0, 9767.0, 9773.0, 9768.0, 9768.0, 9771.0, 9779.0, 9764.0, 9758.0, 9780.0, 9767.0, 9757.0, 9742.0, 9746.0, 9770.0, 9754.0, 9738.0, 9753.0, 9723.0, 9737.0, 9738.0, 9756.0, 9752.0, 9747.0, 9756.0, 9776.0, 9759.0, 9753.0, 9741.0, 9750.0, 9748.0, 9783.0, 9756.0, 9756.0, 9758.0, 9781.0, 9784.0, 9767.0, 9763.0, 9761.0, 9750.0, 9771.0, 9777.0, 9767.0, 9756.0, 9754.0, 9775.0, 9819.0, 9768.0, 9776.0, 9835.0, 9744.0, 9762.0, 9780.0, 9762.0, 9766.0, 9767.0, 9765.0, 9762.0, 9766.0, 9751.0, 9758.0, 9767.0, 9769.0, 9778.0, 9747.0, 9773.0, 9766.0, 9794.0, 9760.0, 9759.0, 9773.0, 9770.0, 9773.0, 9774.0, 9790.0, 9766.0, 9758.0, 9758.0, 9774.0, 9765.0, 9750.0, 9765.0, 9770.0, 9787.0, 9766.0, 9768.0, 9788.0, 9763.0, 9762.0, 9737.0, 9747.0, 9771.0, 9779.0, 9783.0, 9749.0, 9753.0, 9772.0, 9762.0, 9754.0, 9769.0, 9780.0, 9767.0, 9769.0, 9755.0, 9758.0, 9767.0, 9767.0, 9788.0, 9750.0, 9785.0, 9772.0, 9781.0, 9780.0, 9756.0, 9746.0, 9754.0, 9785.0, 9763.0, 9764.0, 9768.0, 9755.0, 9747.0, 9760.0, 9748.0, 9779.0, 9738.0, 9761.0, 9760.0, 9755.0, 9751.0, 9754.0, 9774.0, 9751.0, 9740.0, 9750.0, 9759.0, 9750.0, 9762.0, 9754.0, 9740.0, 9747.0, 9773.0, 9728.0, 9756.0, 9766.0, 9757.0, 9762.0, 9759.0, 9754.0, 9794.0, 9775.0, 9756.0, 9734.0, 9737.0, 9749.0, 9745.0, 9756.0, 9759.0, 9756.0, 9790.0, 9769.0, 9765.0, 9775.0, 9741.0, 9744.0, 9764.0, 9746.0, 9769.0, 9764.0, 9757.0, 9738.0, 9761.0, 9749.0, 9763.0, 9764.0, 9758.0, 9755.0, 9743.0, 9769.0, 9755.0, 9765.0, 9808.0, 9760.0, 9751.0, 9763.0, 9763.0, 9748.0, 9759.0, 9780.0, 9769.0, 9769.0, 9769.0, 9749.0, 9758.0, 9792.0, 9760.0, 9748.0, 9774.0, 9771.0, 9763.0, 9762.0, 9764.0, 9755.0, 9762.0, 9739.0, 9746.0, 9748.0, 9747.0, 9733.0, 9743.0, 9749.0, 9740.0, 9742.0, 9780.0, 9738.0, 9743.0, 9744.0, 9768.0, 9779.0, 9739.0, 9753.0, 9771.0, 9758.0, 9732.0], "WindowWidth": [20826.0, 20802.0, 20744.0, 20738.0, 20765.0, 20782.0, 20709.0, 20718.0, 20732.0, 20729.0, 20711.0, 20748.0, 20777.0, 20692.0, 20690.0, 20698.0, 20741.0, 20725.0, 20790.0, 20693.0, 20691.0, 20659.0, 20685.0, 20696.0, 20695.0, 20719.0, 20775.0, 20713.0, 20747.0, 20732.0, 20763.0, 20770.0, 20743.0, 20760.0, 20796.0, 20734.0, 20744.0, 20754.0, 20747.0, 20744.0, 20822.0, 20729.0, 20728.0, 20775.0, 20694.0, 20749.0, 20724.0, 20699.0, 20705.0, 20700.0, 20749.0, 20792.0, 20700.0, 20716.0, 20765.0, 20690.0, 20708.0, 20720.0, 20729.0, 20715.0, 20730.0, 20720.0, 20721.0, 20707.0, 20724.0, 20737.0, 20712.0, 20750.0, 20764.0, 20740.0, 20703.0, 20749.0, 20703.0, 20754.0, 20747.0, 20795.0, 20805.0, 20717.0, 20682.0, 20704.0, 20691.0, 20708.0, 20758.0, 20665.0, 20690.0, 20697.0, 20684.0, 20738.0, 20669.0, 20686.0, 20737.0, 20662.0, 20724.0, 20702.0, 20683.0, 20699.0, 20735.0, 20686.0, 20670.0, 20714.0, 20714.0, 20699.0, 20675.0, 20679.0, 20715.0, 20691.0, 20739.0, 20687.0, 20732.0, 20766.0, 20678.0, 20666.0, 20692.0, 20685.0, 20686.0, 20711.0, 20686.0, 20664.0, 20725.0, 20690.0, 20746.0, 20790.0, 20749.0, 20698.0, 20738.0, 20683.0, 20704.0, 20719.0, 20692.0, 20747.0, 20724.0, 20738.0, 20700.0, 20715.0, 20771.0, 20657.0, 20644.0, 20727.0, 20647.0, 20686.0, 20695.0, 20661.0, 20761.0, 20721.0, 20659.0, 20684.0, 20707.0, 20720.0, 20666.0, 20671.0, 20687.0, 20700.0, 20658.0, 20714.0, 20680.0, 20689.0, 20655.0, 20668.0, 20677.0, 20705.0, 20699.0, 20623.0, 20646.0, 20700.0, 20664.0, 20724.0, 20740.0, 20681.0, 20650.0, 20703.0, 20671.0, 20687.0, 20693.0, 20655.0, 20683.0, 20708.0, 20669.0, 20703.0, 20707.0, 20701.0, 20740.0, 20657.0, 20697.0, 20692.0, 20659.0, 20684.0, 20712.0, 20712.0, 20638.0, 20715.0, 20689.0, 20690.0, 20761.0, 20674.0, 20660.0, 20722.0, 20672.0, 20676.0, 20688.0, 20740.0, 20724.0, 20750.0, 20699.0, 20688.0, 20714.0, 20707.0, 20679.0, 20712.0, 20667.0, 20690.0, 20651.0, 20686.0, 20670.0, 20650.0, 20629.0, 20599.0, 20683.0, 20633.0, 20671.0, 20642.0, 20677.0, 20643.0, 20637.0, 20643.0, 20639.0, 20667.0, 20611.0, 20614.0, 20698.0, 20659.0, 20640.0, 20597.0, 20651.0, 20652.0, 20636.0, 20643.0, 20638.0, 20702.0, 20642.0, 20679.0, 20723.0, 20656.0, 20656.0, 20639.0, 20657.0, 20665.0, 20648.0, 20644.0, 20623.0, 20660.0, 20701.0, 20633.0, 20695.0, 20638.0, 20694.0, 20669.0, 20680.0, 20680.0, 20626.0, 20674.0, 20674.0, 20649.0, 20718.0, 20703.0, 20677.0, 20693.0, 20705.0, 20688.0, 20706.0, 20676.0, 20712.0, 20632.0, 20654.0, 20668.0, 20729.0, 20670.0, 20635.0, 20630.0, 20665.0, 20672.0, 20652.0, 20668.0, 20664.0, 20624.0, 20679.0, 20683.0, 20702.0, 20635.0, 20625.0, 20659.0, 20644.0, 20666.0, 20688.0, 20691.0, 20655.0, 20672.0, 20659.0, 20650.0, 20660.0, 20676.0, 20650.0, 20636.0, 20679.0, 20655.0, 20637.0, 20608.0, 20612.0, 20657.0, 20622.0, 20590.0, 20621.0, 20562.0, 20586.0, 20596.0, 20628.0, 20624.0, 20620.0, 20633.0, 20668.0, 20640.0, 20629.0, 20603.0, 20622.0, 20617.0, 20679.0, 20629.0, 20635.0, 20639.0, 20685.0, 20696.0, 20661.0, 20647.0, 20647.0, 20623.0, 20659.0, 20675.0, 20653.0, 20630.0, 20630.0, 20677.0, 20760.0, 20666.0, 20678.0, 20783.0, 20614.0, 20647.0, 20683.0, 20645.0, 20656.0, 20656.0, 20650.0, 20640.0, 20655.0, 20624.0, 20637.0, 20658.0, 20659.0, 20677.0, 20619.0, 20665.0, 20655.0, 20709.0, 20641.0, 20641.0, 20666.0, 20662.0, 20671.0, 20671.0, 20698.0, 20651.0, 20640.0, 20635.0, 20670.0, 20656.0, 20625.0, 20652.0, 20664.0, 20692.0, 20654.0, 20662.0, 20694.0, 20645.0, 20646.0, 20597.0, 20615.0, 20662.0, 20678.0, 20683.0, 20619.0, 20628.0, 20665.0, 20643.0, 20624.0, 20655.0, 20677.0, 20653.0, 20662.0, 20635.0, 20640.0, 20657.0, 20657.0, 20690.0, 20622.0, 20682.0, 20660.0, 20686.0, 20678.0, 20632.0, 20617.0, 20627.0, 20690.0, 20649.0, 20649.0, 20657.0, 20631.0, 20615.0, 20641.0, 20617.0, 20671.0, 20594.0, 20639.0, 20638.0, 20633.0, 20618.0, 20622.0, 20663.0, 20619.0, 20599.0, 20622.0, 20636.0, 20619.0, 20643.0, 20626.0, 20596.0, 20610.0, 20660.0, 20573.0, 20631.0, 20648.0, 20633.0, 20641.0, 20633.0, 20625.0, 20703.0, 20667.0, 20629.0, 20584.0, 20590.0, 20619.0, 20608.0, 20628.0, 20640.0, 20636.0, 20701.0, 20656.0, 20646.0, 20662.0, 20595.0, 20601.0, 20646.0, 20614.0, 20653.0, 20643.0, 20629.0, 20592.0, 20636.0, 20615.0, 20644.0, 20642.0, 20628.0, 20623.0, 20601.0, 20649.0, 20625.0, 20649.0, 20734.0, 20642.0, 20619.0, 20641.0, 20642.0, 20614.0, 20639.0, 20678.0, 20657.0, 20657.0, 20659.0, 20618.0, 20633.0, 20696.0, 20637.0, 20613.0, 20664.0, 20660.0, 20645.0, 20638.0, 20647.0, 20624.0, 20633.0, 20591.0, 20607.0, 20606.0, 20609.0, 20586.0, 20600.0, 20615.0, 20599.0, 20601.0, 20669.0, 20596.0, 20605.0, 20606.0, 20651.0, 20672.0, 20597.0, 20621.0, 20654.0, 20632.0, 20582.0]}, "slices": {}}}