{"AcquisitionMatrixPE": 256, "AcquisitionNumber": 1, "AcquisitionTime": "17:33:49.920000", "BaseResolution": 256, "BodyPartExamined": "BRAIN", "ConsistencyInfo": "N4_VD11D_LATEST_20110129", "ConversionSoftware": "dcm2niix", "ConversionSoftwareVersion": "v1.0.20210317", "DeviceSerialNumber": "45239", "DwellTime": 7.3e-06, "EchoTime": 0.00195, "FlipAngle": 8, "ImageOrientationPatientDICOM": [0.009243, 0.994237, -0.106803, 0.0419453, -0.107099, -0.993363], "ImageType": ["ORIGINAL", "PRIMARY", "M", "ND", "NORM"], "ImagingFrequency": 123.193, "InPlanePhaseEncodingDirectionDICOM": "ROW", "InstitutionAddress": "E 24th St. 100,Austin,Southmiddle,US,78712", "InstitutionName": "Univ of Texas at Austin", "InstitutionalDepartmentName": "IRC", "InversionTime": 1, "MRAcquisitionType": "3D", "MagneticFieldStrength": 3, "Manufacturer": "Siemens", "ManufacturersModelName": "Skyra", "Modality": "MR", "ParallelReductionFactorInPlane": 2, "PartialFourier": 1, "PatientPosition": "HFS", "PercentPhaseFOV": 100, "PercentSampling": 100, "PhaseEncodingSteps": 282, "PhaseOversampling": 0.1, "PhaseResolution": 1, "PixelBandwidth": 270, "ProcedureStepDescription": "Poldrack2^self-scanning", "ProtocolName": "T1w_MPR1_PMC", "PulseSequenceDetails": "%SiemensSeq%\\tfl", "ReceiveCoilActiveElements": "HEA;HEP", "ReceiveCoilName": "Head_32", "ReconMatrixPE": 256, "RefLinesPE": 32, "RepetitionTime": 2.4, "SAR": 0.0581776, "ScanOptions": "IR\\WE", "ScanningSequence": "GR\\IR", "SequenceName": "*tfl3d1_16ns", "SequenceVariant": "SK\\SP\\MP\\OSP", "SeriesDescription": "T1w_MPR1_PMC", "SeriesNumber": 12, "ShimSetting": [-2794, 8047, -15541, 131, -212, -164, 12, -61], "SliceThickness": 0.8, "SoftwareVersions": "syngo MR D11", "StationName": "AWP45239", "TxRefAmp": 331.185, "dcmmeta_affine": [[0.799261748790741, 0.007401621900498867, 0.03358903527259827, -103.1502685546875], [-0.0037614163011312485, 0.7961665391921997, -0.08576289564371109, -100.17080688476562], [-0.03415482118725777, 0.08552581816911697, 0.7954666018486023, -98.50852966308594], [0.0, 0.0, 0.0, 1.0]], "dcmmeta_reorient_transform": [[0.0, 0.0, -1.0, 255.0], [0.0, -1.0, 0.0, 255.0], [-1.0, 0.0, 0.0, 255.0], [0.0, 0.0, 0.0, 1.0]], "dcmmeta_shape": [256, 256, 256], "dcmmeta_slice_dim": 0, "dcmmeta_version": 0.6, "global": {"const": {"AcquisitionMatrix": [0, 256, 256, 0], "AcquisitionNumber": 1, "AcquisitionTime": "173349.920000", "AngioFlag": "N", "BitsAllocated": 16, "BitsStored": 12, "BodyPartExamined": "BRAIN", "Columns": 256, "EchoNumbers": 1, "EchoTime": 1.95, "EchoTrainLength": 1, "FlipAngle": 8.0, "HighBit": 11, "ImageOrientationPatient": [0.0092430007655, 0.99423724121877, -0.1068029733225, 0.04194533247799, -0.1070990267443, -0.9933631700208], "ImageType": ["ORIGINAL", "PRIMARY", "M", "ND", "NORM"], "ImagedNucleus": "1H", "ImagingFrequency": 123.193363, "InPlanePhaseEncodingDirection": "ROW", "InversionTime": 1000.0, "MRAcquisitionType": "3D", "MagneticFieldStrength": 3.0, "Manufacturer": "SIEMENS", "ManufacturerModelName": "Skyra", "Modality": "MR", "NumberOfAverages": 1.0, "NumberOfPhaseEncodingSteps": 282, "PercentPhaseFieldOfView": 100.0, "PercentSampling": 100.0, "PerformedProcedureStepStartTime": "170833.125000", "PhotometricInterpretation": "MONOCHROME2", "PixelBandwidth": 270.0, "PixelRepresentation": 0, "PixelSpacing": [0.80078125, 0.80078125], "ProtocolName": "T1w_MPR1_PMC", "RepetitionTime": 2400.0, "Rows": 256, "SAR": 0.05817759056211, "SamplesPerPixel": 1, "ScanOptions": ["IR", "WE"], "ScanningSequence": ["GR", "IR"], "SequenceName": "*tfl3d1_16ns", "SequenceVariant": ["SK", "SP", "MP", "OSP"], "SeriesDescription": "T1w_MPR1_PMC", "SeriesNumber": 12, "SeriesTime": "174016.546000", "SliceThickness": 0.80000001192093, "SmallestImagePixelValue": 0, "SoftwareVersions": "syngo MR D11", "SpecificCharacterSet": "ISO_IR 100", "StudyID": "1", "StudyTime": "170833.015000", "TransmitCoilName": "Body", "VariableFlipAngleFlag": "N", "WindowCenterWidthExplanation": "Algo1", "dBdt": 0.0}, "slices": {"ContentTime": ["174018.312000", "174018.312000", "174018.312000", "174018.312000", "174018.312000", "174018.312000", "174018.296000", "174018.296000", "174018.296000", "174018.296000", "174018.296000", "174018.296000", "174018.296000", "174018.281000", "174018.281000", "174018.281000", "174018.281000", "174018.281000", "174018.281000", "174018.265000", "174018.265000", "174018.265000", "174018.265000", "174018.265000", "174018.265000", "174018.250000", "174018.250000", "174018.250000", "174018.250000", "174018.250000", "174018.250000", "174018.250000", "174018.234000", "174018.234000", "174018.234000", "174018.234000", "174018.234000", "174018.234000", "174018.234000", "174018.234000", "174018.218000", "174018.218000", "174018.218000", "174018.218000", "174018.218000", "174018.218000", "174018.218000", "174018.203000", "174018.203000", "174018.203000", "174018.203000", "174018.203000", "174018.203000", "174018.203000", "174018.187000", "174018.187000", "174017.109000", "174017.093000", "174017.093000", "174017.093000", "174017.093000", "174017.093000", "174017.093000", "174017.093000", "174017.093000", "174017.078000", "174017.078000", "174017.078000", "174017.078000", "174017.078000", "174017.062000", "174017.046000", "174017.046000", "174017.046000", "174017.046000", "174017.046000", "174017.031000", "174017.031000", "174017.031000", "174017.031000", "174017.031000", "174017.031000", "174017.031000", "174017.031000", "174017.015000", "174016.984000", "174016.984000", "174016.984000", "174016.984000", "174016.984000", "174016.968000", "174016.968000", "174016.968000", "174016.968000", "174016.968000", "174016.968000", "174016.968000", "174016.953000", "174016.953000", "174016.937000", "174016.937000", "174016.937000", "174016.937000", "174016.937000", "174016.921000", "174016.906000", "174016.906000", "174016.906000", "174016.859000", "174016.859000", "174016.859000", "174016.859000", "174016.859000", "174016.859000", "174016.843000", "174016.843000", "174016.843000", "174016.843000", "174016.843000", "174016.843000", "174016.843000", "174016.843000", "174016.828000", "174016.828000", "174016.828000", "174016.828000", "174016.828000", "174016.828000", "174016.828000", "174016.828000", "174016.828000", "174016.812000", "174016.812000", "174016.812000", "174016.812000", "174016.812000", "174016.812000", "174016.812000", "174016.812000", "174016.796000", "174016.796000", "174016.796000", "174016.796000", "174016.796000", "174016.796000", "174016.796000", "174016.796000", "174016.796000", "174016.781000", "174016.781000", "174016.781000", "174016.781000", "174016.781000", "174016.781000", "174016.765000", "174016.765000", "174016.765000", "174016.765000", "174016.750000", "174016.750000", "174016.750000", "174016.750000", "174016.750000", "174016.750000", "174016.750000", "174016.750000", "174016.750000", "174016.734000", "174016.734000", "174016.734000", "174016.734000", "174016.734000", "174016.734000", "174016.734000", "174016.718000", "174016.718000", "174016.718000", "174016.718000", "174016.718000", "174016.718000", "174016.718000", "174016.703000", "174016.703000", "174016.703000", "174016.703000", "174016.703000", "174016.703000", "174016.703000", "174016.703000", "174016.687000", "174016.687000", "174016.687000", "174016.687000", "174016.687000", "174016.687000", "174016.687000", "174016.687000", "174016.671000", "174016.671000", "174016.671000", "174016.671000", "174016.671000", "174016.671000", "174016.671000", "174016.671000", "174016.671000", "174016.656000", "174016.656000", "174016.656000", "174016.656000", "174016.656000", "174016.656000", "174016.656000", "174016.640000", "174016.640000", "174016.640000", "174016.640000", "174016.640000", "174016.640000", "174016.625000", "174016.625000", "174016.625000", "174016.625000", "174016.625000", "174016.625000", "174016.609000", "174016.609000", "174016.609000", "174016.609000", "174016.609000", "174016.609000", "174016.609000", "174016.609000", "174016.609000", "174016.593000", "174016.593000", "174016.593000", "174016.593000", "174016.593000", "174016.593000", "174016.593000", "174016.578000", "174016.578000", "174016.578000", "174016.578000", "174016.578000", "174016.562000", "174016.562000", "174016.562000", "174016.562000", "174016.562000", "174016.562000", "174016.562000", "174016.562000", "174016.546000", "174016.546000"], "CsaImage.Actual3DImaPartNumber": [255, 254, 253, 252, 251, 250, 249, 248, 247, 246, 245, 244, 243, 242, 241, 240, 239, 238, 237, 236, 235, 234, 233, 232, 231, 230, 229, 228, 227, 226, 225, 224, 223, 222, 221, 220, 219, 218, 217, 216, 215, 214, 213, 212, 211, 210, 209, 208, 207, 206, 205, 204, 203, 202, 201, 200, 199, 198, 197, 196, 195, 194, 193, 192, 191, 190, 189, 188, 187, 186, 185, 184, 183, 182, 181, 180, 179, 178, 177, 176, 175, 174, 173, 172, 171, 170, 169, 168, 167, 166, 165, 164, 163, 162, 161, 160, 159, 158, 157, 156, 155, 154, 153, 152, 151, 150, 149, 148, 147, 146, 145, 144, 143, 142, 141, 140, 139, 138, 137, 136, 135, 134, 133, 132, 131, 130, 129, 128, 127, 126, 125, 124, 123, 122, 121, 120, 119, 118, 117, 116, 115, 114, 113, 112, 111, 110, 109, 108, 107, 106, 105, 104, 103, 102, 101, 100, 99, 98, 97, 96, 95, 94, 93, 92, 91, 90, 89, 88, 87, 86, 85, 84, 83, 82, 81, 80, 79, 78, 77, 76, 75, 74, 73, 72, 71, 70, 69, 68, 67, 66, 65, 64, 63, 62, 61, 60, 59, 58, 57, 56, 55, 54, 53, 52, 51, 50, 49, 48, 47, 46, 45, 44, 43, 42, 41, 40, 39, 38, 37, 36, 35, 34, 33, 32, 31, 30, 29, 28, 27, 26, 25, 24, 23, 22, 21, 20, 19, 18, 17, 16, 15, 14, 13, 12, 11, 10, 9, 8, 7, 6, 5, 4, 3, 2, 1, 0], "CsaImage.ICE_Dims": ["X_1_1_1_1_1_256_1_1_1_1_1_44", "X_1_1_1_1_1_255_1_1_1_1_1_44", "X_1_1_1_1_1_254_1_1_1_1_1_44", "X_1_1_1_1_1_253_1_1_1_1_1_44", "X_1_1_1_1_1_252_1_1_1_1_1_44", "X_1_1_1_1_1_251_1_1_1_1_1_44", "X_1_1_1_1_1_250_1_1_1_1_1_44", "X_1_1_1_1_1_249_1_1_1_1_1_44", "X_1_1_1_1_1_248_1_1_1_1_1_44", "X_1_1_1_1_1_247_1_1_1_1_1_44", "X_1_1_1_1_1_246_1_1_1_1_1_44", "X_1_1_1_1_1_245_1_1_1_1_1_44", "X_1_1_1_1_1_244_1_1_1_1_1_44", "X_1_1_1_1_1_243_1_1_1_1_1_44", "X_1_1_1_1_1_242_1_1_1_1_1_44", "X_1_1_1_1_1_241_1_1_1_1_1_44", "X_1_1_1_1_1_240_1_1_1_1_1_44", "X_1_1_1_1_1_239_1_1_1_1_1_44", "X_1_1_1_1_1_238_1_1_1_1_1_44", "X_1_1_1_1_1_237_1_1_1_1_1_44", "X_1_1_1_1_1_236_1_1_1_1_1_44", "X_1_1_1_1_1_235_1_1_1_1_1_44", "X_1_1_1_1_1_234_1_1_1_1_1_44", "X_1_1_1_1_1_233_1_1_1_1_1_44", "X_1_1_1_1_1_232_1_1_1_1_1_44", "X_1_1_1_1_1_231_1_1_1_1_1_44", "X_1_1_1_1_1_230_1_1_1_1_1_44", "X_1_1_1_1_1_229_1_1_1_1_1_44", "X_1_1_1_1_1_228_1_1_1_1_1_44", "X_1_1_1_1_1_227_1_1_1_1_1_44", "X_1_1_1_1_1_226_1_1_1_1_1_44", "X_1_1_1_1_1_225_1_1_1_1_1_44", "X_1_1_1_1_1_224_1_1_1_1_1_44", "X_1_1_1_1_1_223_1_1_1_1_1_44", "X_1_1_1_1_1_222_1_1_1_1_1_44", "X_1_1_1_1_1_221_1_1_1_1_1_44", "X_1_1_1_1_1_220_1_1_1_1_1_44", "X_1_1_1_1_1_219_1_1_1_1_1_44", "X_1_1_1_1_1_218_1_1_1_1_1_44", "X_1_1_1_1_1_217_1_1_1_1_1_44", "X_1_1_1_1_1_216_1_1_1_1_1_44", "X_1_1_1_1_1_215_1_1_1_1_1_44", "X_1_1_1_1_1_214_1_1_1_1_1_44", "X_1_1_1_1_1_213_1_1_1_1_1_44", "X_1_1_1_1_1_212_1_1_1_1_1_44", "X_1_1_1_1_1_211_1_1_1_1_1_44", "X_1_1_1_1_1_210_1_1_1_1_1_44", "X_1_1_1_1_1_209_1_1_1_1_1_44", "X_1_1_1_1_1_208_1_1_1_1_1_44", "X_1_1_1_1_1_207_1_1_1_1_1_44", "X_1_1_1_1_1_206_1_1_1_1_1_44", "X_1_1_1_1_1_205_1_1_1_1_1_44", "X_1_1_1_1_1_204_1_1_1_1_1_44", "X_1_1_1_1_1_203_1_1_1_1_1_44", "X_1_1_1_1_1_202_1_1_1_1_1_44", "X_1_1_1_1_1_201_1_1_1_1_1_44", "X_1_1_1_1_1_200_1_1_1_1_1_44", "X_1_1_1_1_1_199_1_1_1_1_1_44", "X_1_1_1_1_1_198_1_1_1_1_1_44", "X_1_1_1_1_1_197_1_1_1_1_1_44", "X_1_1_1_1_1_196_1_1_1_1_1_44", "X_1_1_1_1_1_195_1_1_1_1_1_44", "X_1_1_1_1_1_194_1_1_1_1_1_44", "X_1_1_1_1_1_193_1_1_1_1_1_44", "X_1_1_1_1_1_192_1_1_1_1_1_44", "X_1_1_1_1_1_191_1_1_1_1_1_44", "X_1_1_1_1_1_190_1_1_1_1_1_44", "X_1_1_1_1_1_189_1_1_1_1_1_44", "X_1_1_1_1_1_188_1_1_1_1_1_44", "X_1_1_1_1_1_187_1_1_1_1_1_44", "X_1_1_1_1_1_186_1_1_1_1_1_44", "X_1_1_1_1_1_185_1_1_1_1_1_44", "X_1_1_1_1_1_184_1_1_1_1_1_44", "X_1_1_1_1_1_183_1_1_1_1_1_44", "X_1_1_1_1_1_182_1_1_1_1_1_44", "X_1_1_1_1_1_181_1_1_1_1_1_44", "X_1_1_1_1_1_180_1_1_1_1_1_44", "X_1_1_1_1_1_179_1_1_1_1_1_44", "X_1_1_1_1_1_178_1_1_1_1_1_44", "X_1_1_1_1_1_177_1_1_1_1_1_44", "X_1_1_1_1_1_176_1_1_1_1_1_44", "X_1_1_1_1_1_175_1_1_1_1_1_44", "X_1_1_1_1_1_174_1_1_1_1_1_44", "X_1_1_1_1_1_173_1_1_1_1_1_44", "X_1_1_1_1_1_172_1_1_1_1_1_44", "X_1_1_1_1_1_171_1_1_1_1_1_44", "X_1_1_1_1_1_170_1_1_1_1_1_44", "X_1_1_1_1_1_169_1_1_1_1_1_44", "X_1_1_1_1_1_168_1_1_1_1_1_44", "X_1_1_1_1_1_167_1_1_1_1_1_44", "X_1_1_1_1_1_166_1_1_1_1_1_44", "X_1_1_1_1_1_165_1_1_1_1_1_44", "X_1_1_1_1_1_164_1_1_1_1_1_44", "X_1_1_1_1_1_163_1_1_1_1_1_44", "X_1_1_1_1_1_162_1_1_1_1_1_44", "X_1_1_1_1_1_161_1_1_1_1_1_44", "X_1_1_1_1_1_160_1_1_1_1_1_44", "X_1_1_1_1_1_159_1_1_1_1_1_44", "X_1_1_1_1_1_158_1_1_1_1_1_44", "X_1_1_1_1_1_157_1_1_1_1_1_44", "X_1_1_1_1_1_156_1_1_1_1_1_44", "X_1_1_1_1_1_155_1_1_1_1_1_44", "X_1_1_1_1_1_154_1_1_1_1_1_44", "X_1_1_1_1_1_153_1_1_1_1_1_44", "X_1_1_1_1_1_152_1_1_1_1_1_44", "X_1_1_1_1_1_151_1_1_1_1_1_44", "X_1_1_1_1_1_150_1_1_1_1_1_44", "X_1_1_1_1_1_149_1_1_1_1_1_44", "X_1_1_1_1_1_148_1_1_1_1_1_44", "X_1_1_1_1_1_147_1_1_1_1_1_44", "X_1_1_1_1_1_146_1_1_1_1_1_44", "X_1_1_1_1_1_145_1_1_1_1_1_44", "X_1_1_1_1_1_144_1_1_1_1_1_44", "X_1_1_1_1_1_143_1_1_1_1_1_44", "X_1_1_1_1_1_142_1_1_1_1_1_44", "X_1_1_1_1_1_141_1_1_1_1_1_44", "X_1_1_1_1_1_140_1_1_1_1_1_44", "X_1_1_1_1_1_139_1_1_1_1_1_44", "X_1_1_1_1_1_138_1_1_1_1_1_44", "X_1_1_1_1_1_137_1_1_1_1_1_44", "X_1_1_1_1_1_136_1_1_1_1_1_44", "X_1_1_1_1_1_135_1_1_1_1_1_44", "X_1_1_1_1_1_134_1_1_1_1_1_44", "X_1_1_1_1_1_133_1_1_1_1_1_44", "X_1_1_1_1_1_132_1_1_1_1_1_44", "X_1_1_1_1_1_131_1_1_1_1_1_44", "X_1_1_1_1_1_130_1_1_1_1_1_44", "X_1_1_1_1_1_129_1_1_1_1_1_44", "X_1_1_1_1_1_128_1_1_1_1_1_44", "X_1_1_1_1_1_127_1_1_1_1_1_44", "X_1_1_1_1_1_126_1_1_1_1_1_44", "X_1_1_1_1_1_125_1_1_1_1_1_44", "X_1_1_1_1_1_124_1_1_1_1_1_44", "X_1_1_1_1_1_123_1_1_1_1_1_44", "X_1_1_1_1_1_122_1_1_1_1_1_44", "X_1_1_1_1_1_121_1_1_1_1_1_44", "X_1_1_1_1_1_120_1_1_1_1_1_44", "X_1_1_1_1_1_119_1_1_1_1_1_44", "X_1_1_1_1_1_118_1_1_1_1_1_44", "X_1_1_1_1_1_117_1_1_1_1_1_44", "X_1_1_1_1_1_116_1_1_1_1_1_44", "X_1_1_1_1_1_115_1_1_1_1_1_44", "X_1_1_1_1_1_114_1_1_1_1_1_44", "X_1_1_1_1_1_113_1_1_1_1_1_44", "X_1_1_1_1_1_112_1_1_1_1_1_44", "X_1_1_1_1_1_111_1_1_1_1_1_44", "X_1_1_1_1_1_110_1_1_1_1_1_44", "X_1_1_1_1_1_109_1_1_1_1_1_44", "X_1_1_1_1_1_108_1_1_1_1_1_44", "X_1_1_1_1_1_107_1_1_1_1_1_44", "X_1_1_1_1_1_106_1_1_1_1_1_44", "X_1_1_1_1_1_105_1_1_1_1_1_44", "X_1_1_1_1_1_104_1_1_1_1_1_44", "X_1_1_1_1_1_103_1_1_1_1_1_44", "X_1_1_1_1_1_102_1_1_1_1_1_44", "X_1_1_1_1_1_101_1_1_1_1_1_44", "X_1_1_1_1_1_100_1_1_1_1_1_44", "X_1_1_1_1_1_99_1_1_1_1_1_44", "X_1_1_1_1_1_98_1_1_1_1_1_44", "X_1_1_1_1_1_97_1_1_1_1_1_44", "X_1_1_1_1_1_96_1_1_1_1_1_44", "X_1_1_1_1_1_95_1_1_1_1_1_44", "X_1_1_1_1_1_94_1_1_1_1_1_44", "X_1_1_1_1_1_93_1_1_1_1_1_44", "X_1_1_1_1_1_92_1_1_1_1_1_44", "X_1_1_1_1_1_91_1_1_1_1_1_44", "X_1_1_1_1_1_90_1_1_1_1_1_44", "X_1_1_1_1_1_89_1_1_1_1_1_44", "X_1_1_1_1_1_88_1_1_1_1_1_44", "X_1_1_1_1_1_87_1_1_1_1_1_44", "X_1_1_1_1_1_86_1_1_1_1_1_44", "X_1_1_1_1_1_85_1_1_1_1_1_44", "X_1_1_1_1_1_84_1_1_1_1_1_44", "X_1_1_1_1_1_83_1_1_1_1_1_44", "X_1_1_1_1_1_82_1_1_1_1_1_44", "X_1_1_1_1_1_81_1_1_1_1_1_44", "X_1_1_1_1_1_80_1_1_1_1_1_44", "X_1_1_1_1_1_79_1_1_1_1_1_44", "X_1_1_1_1_1_78_1_1_1_1_1_44", "X_1_1_1_1_1_77_1_1_1_1_1_44", "X_1_1_1_1_1_76_1_1_1_1_1_44", "X_1_1_1_1_1_75_1_1_1_1_1_44", "X_1_1_1_1_1_74_1_1_1_1_1_44", "X_1_1_1_1_1_73_1_1_1_1_1_44", "X_1_1_1_1_1_72_1_1_1_1_1_44", "X_1_1_1_1_1_71_1_1_1_1_1_44", "X_1_1_1_1_1_70_1_1_1_1_1_44", "X_1_1_1_1_1_69_1_1_1_1_1_44", "X_1_1_1_1_1_68_1_1_1_1_1_44", "X_1_1_1_1_1_67_1_1_1_1_1_44", "X_1_1_1_1_1_66_1_1_1_1_1_44", "X_1_1_1_1_1_65_1_1_1_1_1_44", "X_1_1_1_1_1_64_1_1_1_1_1_44", "X_1_1_1_1_1_63_1_1_1_1_1_44", "X_1_1_1_1_1_62_1_1_1_1_1_44", "X_1_1_1_1_1_61_1_1_1_1_1_44", "X_1_1_1_1_1_60_1_1_1_1_1_44", "X_1_1_1_1_1_59_1_1_1_1_1_44", "X_1_1_1_1_1_58_1_1_1_1_1_44", "X_1_1_1_1_1_57_1_1_1_1_1_44", "X_1_1_1_1_1_56_1_1_1_1_1_44", "X_1_1_1_1_1_55_1_1_1_1_1_44", "X_1_1_1_1_1_54_1_1_1_1_1_44", "X_1_1_1_1_1_53_1_1_1_1_1_44", "X_1_1_1_1_1_52_1_1_1_1_1_44", "X_1_1_1_1_1_51_1_1_1_1_1_44", "X_1_1_1_1_1_50_1_1_1_1_1_44", "X_1_1_1_1_1_49_1_1_1_1_1_44", "X_1_1_1_1_1_48_1_1_1_1_1_44", "X_1_1_1_1_1_47_1_1_1_1_1_44", "X_1_1_1_1_1_46_1_1_1_1_1_44", "X_1_1_1_1_1_45_1_1_1_1_1_44", "X_1_1_1_1_1_44_1_1_1_1_1_44", "X_1_1_1_1_1_43_1_1_1_1_1_44", "X_1_1_1_1_1_42_1_1_1_1_1_44", "X_1_1_1_1_1_41_1_1_1_1_1_44", "X_1_1_1_1_1_40_1_1_1_1_1_44", "X_1_1_1_1_1_39_1_1_1_1_1_44", "X_1_1_1_1_1_38_1_1_1_1_1_44", "X_1_1_1_1_1_37_1_1_1_1_1_44", "X_1_1_1_1_1_36_1_1_1_1_1_44", "X_1_1_1_1_1_35_1_1_1_1_1_44", "X_1_1_1_1_1_34_1_1_1_1_1_44", "X_1_1_1_1_1_33_1_1_1_1_1_44", "X_1_1_1_1_1_32_1_1_1_1_1_44", "X_1_1_1_1_1_31_1_1_1_1_1_44", "X_1_1_1_1_1_30_1_1_1_1_1_44", "X_1_1_1_1_1_29_1_1_1_1_1_44", "X_1_1_1_1_1_28_1_1_1_1_1_44", "X_1_1_1_1_1_27_1_1_1_1_1_44", "X_1_1_1_1_1_26_1_1_1_1_1_44", "X_1_1_1_1_1_25_1_1_1_1_1_44", "X_1_1_1_1_1_24_1_1_1_1_1_44", "X_1_1_1_1_1_23_1_1_1_1_1_44", "X_1_1_1_1_1_22_1_1_1_1_1_44", "X_1_1_1_1_1_21_1_1_1_1_1_44", "X_1_1_1_1_1_20_1_1_1_1_1_44", "X_1_1_1_1_1_19_1_1_1_1_1_44", "X_1_1_1_1_1_18_1_1_1_1_1_44", "X_1_1_1_1_1_17_1_1_1_1_1_44", "X_1_1_1_1_1_16_1_1_1_1_1_44", "X_1_1_1_1_1_15_1_1_1_1_1_44", "X_1_1_1_1_1_14_1_1_1_1_1_44", "X_1_1_1_1_1_13_1_1_1_1_1_44", "X_1_1_1_1_1_12_1_1_1_1_1_44", "X_1_1_1_1_1_11_1_1_1_1_1_44", "X_1_1_1_1_1_10_1_1_1_1_1_44", "X_1_1_1_1_1_9_1_1_1_1_1_44", "X_1_1_1_1_1_8_1_1_1_1_1_44", "X_1_1_1_1_1_7_1_1_1_1_1_44", "X_1_1_1_1_1_6_1_1_1_1_1_44", "X_1_1_1_1_1_5_1_1_1_1_1_44", "X_1_1_1_1_1_4_1_1_1_1_1_44", "X_1_1_1_1_1_3_1_1_1_1_1_44", "X_1_1_1_1_1_2_1_1_1_1_1_44", "X_1_1_1_1_1_1_1_1_1_1_1_44"], "CsaImage.SlicePosition_PCS": [[92.69765231, -80.98212368, 126.14453382], [91.89839057, -80.97836227, 126.110379], [91.09912884, -80.97460085, 126.07622418], [90.29986711, -80.97083944, 126.04206935], [89.50060537, -80.96707802, 126.00791453], [88.70134364, -80.9633166, 125.97375971], [87.90208191, -80.95955519, 125.93960489], [87.10282017, -80.95579377, 125.90545006], [86.30355844, -80.95203235, 125.87129524], [85.50429671, -80.94827094, 125.83714042], [84.70503497, -80.94450952, 125.80298559], [83.90577324, -80.94074811, 125.76883077], [83.1065115, -80.93698669, 125.73467595], [82.30724977, -80.93322527, 125.70052112], [81.50798804, -80.92946386, 125.6663663], [80.7087263, -80.92570244, 125.63221148], [79.90946457, -80.92194102, 125.59805666], [79.11020284, -80.91817961, 125.56390183], [78.3109411, -80.91441819, 125.52974701], [77.51167937, -80.91065677, 125.49559219], [76.71241764, -80.90689536, 125.46143736], [75.9131559, -80.90313394, 125.42728254], [75.11389417, -80.89937253, 125.39312772], [74.31463243, -80.89561111, 125.3589729], [73.5153707, -80.89184969, 125.32481807], [72.71610897, -80.88808828, 125.29066325], [71.91684723, -80.88432686, 125.25650843], [71.1175855, -80.88056544, 125.2223536], [70.31832377, -80.87680403, 125.18819878], [69.51906203, -80.87304261, 125.15404396], [68.7198003, -80.8692812, 125.11988913], [67.92053857, -80.86551978, 125.08573431], [67.12127683, -80.86175836, 125.05157949], [66.3220151, -80.85799695, 125.01742467], [65.52275336, -80.85423553, 124.98326984], [64.72349163, -80.85047411, 124.94911502], [63.9242299, -80.8467127, 124.9149602], [63.12496816, -80.84295128, 124.88080537], [62.32570643, -80.83918986, 124.84665055], [61.5264447, -80.83542845, 124.81249573], [60.72718296, -80.83166703, 124.77834091], [59.92792123, -80.82790562, 124.74418608], [59.12865949, -80.8241442, 124.71003126], [58.32939776, -80.82038278, 124.67587644], [57.53013603, -80.81662137, 124.64172161], [56.73087429, -80.81285995, 124.60756679], [55.93161256, -80.80909853, 124.57341197], [55.13235083, -80.80533712, 124.53925714], [54.33308909, -80.8015757, 124.50510232], [53.53382736, -80.79781429, 124.4709475], [52.73456563, -80.79405287, 124.43679268], [51.93530389, -80.79029145, 124.40263785], [51.13604216, -80.78653004, 124.36848303], [50.33678042, -80.78276862, 124.33432821], [49.53751869, -80.7790072, 124.30017338], [48.73825696, -80.77524579, 124.26601856], [47.93899522, -80.77148437, 124.23186374], [47.13973349, -80.76772295, 124.19770892], [46.34047176, -80.76396154, 124.16355409], [45.54121002, -80.76020012, 124.12939927], [44.74194829, -80.75643871, 124.09524445], [43.94268656, -80.75267729, 124.06108962], [43.14342482, -80.74891587, 124.0269348], [42.34416309, -80.74515446, 123.99277998], [41.54490135, -80.74139304, 123.95862515], [40.74563962, -80.73763162, 123.92447033], [39.94637789, -80.73387021, 123.89031551], [39.14711615, -80.73010879, 123.85616069], [38.34785442, -80.72634738, 123.82200586], [37.54859269, -80.72258596, 123.78785104], [36.74933095, -80.71882454, 123.75369622], [35.95006922, -80.71506313, 123.71954139], [35.15080749, -80.71130171, 123.68538657], [34.35154575, -80.70754029, 123.65123175], [33.55228402, -80.70377888, 123.61707693], [32.75302228, -80.70001746, 123.5829221], [31.95376055, -80.69625605, 123.54876728], [31.15449882, -80.69249463, 123.51461246], [30.35523708, -80.68873321, 123.48045763], [29.55597535, -80.6849718, 123.44630281], [28.75671362, -80.68121038, 123.41214799], [27.95745188, -80.67744896, 123.37799317], [27.15819015, -80.67368755, 123.34383834], [26.35892841, -80.66992613, 123.30968352], [25.55966668, -80.66616471, 123.2755287], [24.76040495, -80.6624033, 123.24137387], [23.96114321, -80.65864188, 123.20721905], [23.16188148, -80.65488047, 123.17306423], [22.36261975, -80.65111905, 123.1389094], [21.56335801, -80.64735763, 123.10475458], [20.76409628, -80.64359622, 123.07059976], [19.96483455, -80.6398348, 123.03644494], [19.16557281, -80.63607338, 123.00229011], [18.36631108, -80.63231197, 122.96813529], [17.56704934, -80.62855055, 122.93398047], [16.76778761, -80.62478914, 122.89982564], [15.96852588, -80.62102772, 122.86567082], [15.16926414, -80.6172663, 122.831516], [14.37000241, -80.61350489, 122.79736118], [13.57074068, -80.60974347, 122.76320635], [12.77147894, -80.60598205, 122.72905153], [11.97221721, -80.60222064, 122.69489671], [11.17295548, -80.59845922, 122.66074188], [10.37369374, -80.5946978, 122.62658706], [9.57443201, -80.59093639, 122.59243224], [8.77517027, -80.58717497, 122.55827741], [7.97590854, -80.58341356, 122.52412259], [7.17664681, -80.57965214, 122.48996777], [6.37738507, -80.57589072, 122.45581295], [5.57812334, -80.57212931, 122.42165812], [4.77886161, -80.56836789, 122.3875033], [3.97959987, -80.56460647, 122.35334848], [3.18033814, -80.56084506, 122.31919365], [2.38107641, -80.55708364, 122.28503883], [1.58181467, -80.55332223, 122.25088401], [0.78255294, -80.54956081, 122.21672919], [-0.0167088, -80.54579939, 122.18257436], [-0.81597053, -80.54203798, 122.14841954], [-1.61523226, -80.53827656, 122.11426472], [-2.414494, -80.53451514, 122.08010989], [-3.21375573, -80.53075373, 122.04595507], [-4.01301746, -80.52699231, 122.01180025], [-4.8122792, -80.52323089, 121.97764542], [-5.61154093, -80.51946948, 121.9434906], [-6.41080267, -80.51570806, 121.90933578], [-7.2100644, -80.51194665, 121.87518096], [-8.00932613, -80.50818523, 121.84102613], [-8.80858787, -80.50442381, 121.80687131], [-9.6078496, -80.5006624, 121.77271649], [-10.40711133, -80.49690098, 121.73856166], [-11.20637307, -80.49313956, 121.70440684], [-12.0056348, -80.48937815, 121.67025202], [-12.80489653, -80.48561673, 121.6360972], [-13.60415827, -80.48185532, 121.60194237], [-14.40342, -80.4780939, 121.56778755], [-15.20268174, -80.47433248, 121.53363273], [-16.00194347, -80.47057107, 121.4994779], [-16.8012052, -80.46680965, 121.46532308], [-17.60046694, -80.46304823, 121.43116826], [-18.39972867, -80.45928682, 121.39701343], [-19.1989904, -80.4555254, 121.36285861], [-19.99825214, -80.45176398, 121.32870379], [-20.79751387, -80.44800257, 121.29454897], [-21.5967756, -80.44424115, 121.26039414], [-22.39603734, -80.44047974, 121.22623932], [-23.19529907, -80.43671832, 121.1920845], [-23.99456081, -80.4329569, 121.15792967], [-24.79382254, -80.42919549, 121.12377485], [-25.59308427, -80.42543407, 121.08962003], [-26.39234601, -80.42167265, 121.05546521], [-27.19160774, -80.41791124, 121.02131038], [-27.99086947, -80.41414982, 120.98715556], [-28.79013121, -80.41038841, 120.95300074], [-29.58939294, -80.40662699, 120.91884591], [-30.38865467, -80.40286557, 120.88469109], [-31.18791641, -80.39910416, 120.85053627], [-31.98717814, -80.39534274, 120.81638145], [-32.78643988, -80.39158132, 120.78222662], [-33.58570161, -80.38781991, 120.7480718], [-34.38496334, -80.38405849, 120.71391698], [-35.18422508, -80.38029708, 120.67976215], [-35.98348681, -80.37653566, 120.64560733], [-36.78274854, -80.37277424, 120.61145251], [-37.58201028, -80.36901283, 120.57729768], [-38.38127201, -80.36525141, 120.54314286], [-39.18053375, -80.36148999, 120.50898804], [-39.97979548, -80.35772858, 120.47483322], [-40.77905721, -80.35396716, 120.44067839], [-41.57831895, -80.35020574, 120.40652357], [-42.37758068, -80.34644433, 120.37236875], [-43.17684241, -80.34268291, 120.33821392], [-43.97610415, -80.3389215, 120.3040591], [-44.77536588, -80.33516008, 120.26990428], [-45.57462761, -80.33139866, 120.23574946], [-46.37388935, -80.32763725, 120.20159463], [-47.17315108, -80.32387583, 120.16743981], [-47.97241282, -80.32011441, 120.13328499], [-48.77167455, -80.316353, 120.09913016], [-49.57093628, -80.31259158, 120.06497534], [-50.37019802, -80.30883017, 120.03082052], [-51.16945975, -80.30506875, 119.99666569], [-51.96872148, -80.30130733, 119.96251087], [-52.76798322, -80.29754592, 119.92835605], [-53.56724495, -80.2937845, 119.89420123], [-54.36650668, -80.29002308, 119.8600464], [-55.16576842, -80.28626167, 119.82589158], [-55.96503015, -80.28250025, 119.79173676], [-56.76429189, -80.27873883, 119.75758193], [-57.56355362, -80.27497742, 119.72342711], [-58.36281535, -80.271216, 119.68927229], [-59.16207709, -80.26745459, 119.65511747], [-59.96133882, -80.26369317, 119.62096264], [-60.76060055, -80.25993175, 119.58680782], [-61.55986229, -80.25617034, 119.552653], [-62.35912402, -80.25240892, 119.51849817], [-63.15838576, -80.2486475, 119.48434335], [-63.95764749, -80.24488609, 119.45018853], [-64.75690922, -80.24112467, 119.4160337], [-65.55617096, -80.23736326, 119.38187888], [-66.35543269, -80.23360184, 119.34772406], [-67.15469442, -80.22984042, 119.31356924], [-67.95395616, -80.22607901, 119.27941441], [-68.75321789, -80.22231759, 119.24525959], [-69.55247962, -80.21855617, 119.21110477], [-70.35174136, -80.21479476, 119.17694994], [-71.15100309, -80.21103334, 119.14279512], [-71.95026483, -80.20727192, 119.1086403], [-72.74952656, -80.20351051, 119.07448548], [-73.54878829, -80.19974909, 119.04033065], [-74.34805003, -80.19598768, 119.00617583], [-75.14731176, -80.19222626, 118.97202101], [-75.94657349, -80.18846484, 118.93786618], [-76.74583523, -80.18470343, 118.90371136], [-77.54509696, -80.18094201, 118.86955654], [-78.34435869, -80.17718059, 118.83540171], [-79.14362043, -80.17341918, 118.80124689], [-79.94288216, -80.16965776, 118.76709207], [-80.7421439, -80.16589635, 118.73293725], [-81.54140563, -80.16213493, 118.69878242], [-82.34066736, -80.15837351, 118.6646276], [-83.1399291, -80.1546121, 118.63047278], [-83.93919083, -80.15085068, 118.59631795], [-84.73845256, -80.14708926, 118.56216313], [-85.5377143, -80.14332785, 118.52800831], [-86.33697603, -80.13956643, 118.49385349], [-87.13623776, -80.13580502, 118.45969866], [-87.9354995, -80.1320436, 118.42554384], [-88.73476123, -80.12828218, 118.39138902], [-89.53402297, -80.12452077, 118.35723419], [-90.3332847, -80.12075935, 118.32307937], [-91.13254643, -80.11699793, 118.28892455], [-91.93180817, -80.11323652, 118.25476972], [-92.7310699, -80.1094751, 118.2206149], [-93.53033163, -80.10571368, 118.18646008], [-94.32959337, -80.10195227, 118.15230526], [-95.1288551, -80.09819085, 118.11815043], [-95.92811684, -80.09442944, 118.08399561], [-96.72737857, -80.09066802, 118.04984079], [-97.5266403, -80.0869066, 118.01568596], [-98.32590204, -80.08314519, 117.98153114], [-99.12516377, -80.07938377, 117.94737632], [-99.9244255, -80.07562235, 117.9132215], [-100.72368724, -80.07186094, 117.87906667], [-101.52294897, -80.06809952, 117.84491185], [-102.3222107, -80.06433811, 117.81075703], [-103.12147244, -80.06057669, 117.7766022], [-103.92073417, -80.05681527, 117.74244738], [-104.71999591, -80.05305386, 117.70829256], [-105.51925764, -80.04929244, 117.67413774], [-106.31851937, -80.04553102, 117.63998291], [-107.11778111, -80.04176961, 117.60582809], [-107.91704284, -80.03800819, 117.57167327], [-108.71630457, -80.03424677, 117.53751844], [-109.51556631, -80.03048536, 117.50336362], [-110.31482804, -80.02672394, 117.4692088], [-111.11408977, -80.02296253, 117.43505397]], "ImagePositionPatient": [[92.697652308457, -80.982123684455, 126.14453382268], [91.898390574798, -80.978362268146, 126.11037899975], [91.09912884114, -80.974600851838, 126.07622417682], [90.299867107481, -80.97083943553, 126.04206935388], [89.500605373822, -80.967078019222, 126.00791453095], [88.701343640163, -80.963316602913, 125.97375970801], [87.902081906505, -80.959555186605, 125.93960488508], [87.102820172846, -80.955793770297, 125.90545006215], [86.303558439187, -80.952032353989, 125.87129523921], [85.504296705528, -80.94827093768, 125.83714041628], [84.70503497187, -80.944509521372, 125.80298559335], [83.905773238211, -80.940748105064, 125.76883077041], [83.106511504552, -80.936986688756, 125.73467594748], [82.307249770893, -80.933225272447, 125.70052112454], [81.507988037235, -80.929463856139, 125.66636630161], [80.708726303576, -80.925702439831, 125.63221147868], [79.909464569917, -80.921941023523, 125.59805665574], [79.110202836258, -80.918179607214, 125.56390183281], [78.3109411026, -80.914418190906, 125.52974700988], [77.511679368941, -80.910656774598, 125.49559218694], [76.712417635282, -80.906895358289, 125.46143736401], [75.913155901623, -80.903133941981, 125.42728254107], [75.113894167965, -80.899372525673, 125.39312771814], [74.314632434306, -80.895611109365, 125.35897289521], [73.515370700647, -80.891849693056, 125.32481807227], [72.716108966988, -80.888088276748, 125.29066324934], [71.91684723333, -80.88432686044, 125.2565084264], [71.117585499671, -80.880565444132, 125.22235360347], [70.318323766012, -80.876804027823, 125.18819878054], [69.519062032353, -80.873042611515, 125.1540439576], [68.719800298695, -80.869281195207, 125.11988913467], [67.920538565036, -80.865519778899, 125.08573431174], [67.121276831377, -80.86175836259, 125.0515794888], [66.322015097718, -80.857996946282, 125.01742466587], [65.52275336406, -80.854235529974, 124.98326984293], [64.723491630401, -80.850474113665, 124.94911502], [63.924229896742, -80.846712697357, 124.91496019707], [63.124968163083, -80.842951281049, 124.88080537413], [62.325706429424, -80.839189864741, 124.8466505512], [61.526444695766, -80.835428448432, 124.81249572826], [60.727182962107, -80.831667032124, 124.77834090533], [59.927921228448, -80.827905615816, 124.7441860824], [59.128659494789, -80.824144199508, 124.71003125946], [58.329397761131, -80.820382783199, 124.67587643653], [57.530136027472, -80.816621366891, 124.6417216136], [56.730874293813, -80.812859950583, 124.60756679066], [55.931612560154, -80.809098534275, 124.57341196773], [55.132350826496, -80.805337117966, 124.53925714479], [54.333089092837, -80.801575701658, 124.50510232186], [53.533827359178, -80.79781428535, 124.47094749893], [52.734565625519, -80.794052869042, 124.43679267599], [51.935303891861, -80.790291452733, 124.40263785306], [51.136042158202, -80.786530036425, 124.36848303012], [50.336780424543, -80.782768620117, 124.33432820719], [49.537518690884, -80.779007203808, 124.30017338426], [48.738256957226, -80.7752457875, 124.26601856132], [47.938995223567, -80.771484371192, 124.23186373839], [47.139733489908, -80.767722954884, 124.19770891546], [46.340471756249, -80.763961538575, 124.16355409252], [45.541210022591, -80.760200122267, 124.12939926959], [44.741948288932, -80.756438705959, 124.09524444665], [43.942686555273, -80.752677289651, 124.06108962372], [43.143424821614, -80.748915873342, 124.02693480079], [42.344163087956, -80.745154457034, 123.99277997785], [41.544901354297, -80.741393040726, 123.95862515492], [40.745639620638, -80.737631624418, 123.92447033199], [39.946377886979, -80.733870208109, 123.89031550905], [39.147116153321, -80.730108791801, 123.85616068612], [38.347854419662, -80.726347375493, 123.82200586318], [37.548592686003, -80.722585959185, 123.78785104025], [36.749330952344, -80.718824542876, 123.75369621732], [35.950069218686, -80.715063126568, 123.71954139438], [35.150807485027, -80.71130171026, 123.68538657145], [34.351545751368, -80.707540293951, 123.65123174851], [33.552284017709, -80.703778877643, 123.61707692558], [32.75302228405, -80.700017461335, 123.58292210265], [31.953760550392, -80.696256045027, 123.54876727971], [31.154498816733, -80.692494628718, 123.51461245678], [30.355237083074, -80.68873321241, 123.48045763385], [29.555975349415, -80.684971796102, 123.44630281091], [28.756713615757, -80.681210379794, 123.41214798798], [27.957451882098, -80.677448963485, 123.37799316504], [27.158190148439, -80.673687547177, 123.34383834211], [26.35892841478, -80.669926130869, 123.30968351918], [25.559666681122, -80.666164714561, 123.27552869624], [24.760404947463, -80.662403298252, 123.24137387331], [23.961143213804, -80.658641881944, 123.20721905037], [23.161881480145, -80.654880465636, 123.17306422744], [22.362619746487, -80.651119049328, 123.13890940451], [21.563358012828, -80.647357633019, 123.10475458157], [20.764096279169, -80.643596216711, 123.07059975864], [19.96483454551, -80.639834800403, 123.03644493571], [19.165572811852, -80.636073384094, 123.00229011277], [18.366311078193, -80.632311967786, 122.96813528984], [17.567049344534, -80.628550551478, 122.9339804669], [16.767787610875, -80.62478913517, 122.89982564397], [15.968525877217, -80.621027718861, 122.86567082104], [15.169264143558, -80.617266302553, 122.8315159981], [14.370002409899, -80.613504886245, 122.79736117517], [13.57074067624, -80.609743469937, 122.76320635224], [12.771478942582, -80.605982053628, 122.7290515293], [11.972217208923, -80.60222063732, 122.69489670637], [11.172955475264, -80.598459221012, 122.66074188343], [10.373693741605, -80.594697804704, 122.6265870605], [9.5744320079465, -80.590936388395, 122.59243223757], [8.7751702742878, -80.587174972087, 122.55827741463], [7.975908540629, -80.583413555779, 122.5241225917], [7.1766468069703, -80.57965213947, 122.48996776876], [6.3773850733115, -80.575890723162, 122.45581294583], [5.5781233396528, -80.572129306854, 122.4216581229], [4.778861605994, -80.568367890546, 122.38750329996], [3.9795998723353, -80.564606474237, 122.35334847703], [3.1803381386765, -80.560845057929, 122.3191936541], [2.3810764050177, -80.557083641621, 122.28503883116], [1.581814671359, -80.553322225313, 122.25088400823], [0.78255293770023, -80.549560809004, 122.21672918529], [-0.0167087959585, -80.545799392696, 122.18257436236], [-0.8159705296173, -80.542037976388, 122.14841953943], [-1.615232263276, -80.53827656008, 122.11426471649], [-2.4144939969348, -80.534515143771, 122.08010989356], [-3.2137557305936, -80.530753727463, 122.04595507062], [-4.0130174642523, -80.526992311155, 122.01180024769], [-4.8122791979111, -80.523230894847, 121.97764542476], [-5.6115409315698, -80.519469478538, 121.94349060182], [-6.4108026652286, -80.51570806223, 121.90933577889], [-7.2100643988873, -80.511946645922, 121.87518095596], [-8.0093261325461, -80.508185229613, 121.84102613302], [-8.8085878662049, -80.504423813305, 121.80687131009], [-9.6078495998636, -80.500662396997, 121.77271648715], [-10.407111333522, -80.496900980689, 121.73856166422], [-11.206373067181, -80.49313956438, 121.70440684129], [-12.00563480084, -80.489378148072, 121.67025201835], [-12.804896534499, -80.485616731764, 121.63609719542], [-13.604158268157, -80.481855315456, 121.60194237248], [-14.403420001816, -80.478093899147, 121.56778754955], [-15.202681735475, -80.474332482839, 121.53363272662], [-16.001943469134, -80.470571066531, 121.49947790368], [-16.801205202792, -80.466809650223, 121.46532308075], [-17.600466936451, -80.463048233914, 121.43116825782], [-18.39972867011, -80.459286817606, 121.39701343488], [-19.198990403769, -80.455525401298, 121.36285861195], [-19.998252137427, -80.45176398499, 121.32870378901], [-20.797513871086, -80.448002568681, 121.29454896608], [-21.596775604745, -80.444241152373, 121.26039414315], [-22.396037338404, -80.440479736065, 121.22623932021], [-23.195299072062, -80.436718319756, 121.19208449728], [-23.994560805721, -80.432956903448, 121.15792967435], [-24.79382253938, -80.42919548714, 121.12377485141], [-25.593084273039, -80.425434070832, 121.08962002848], [-26.392346006697, -80.421672654523, 121.05546520554], [-27.191607740356, -80.417911238215, 121.02131038261], [-27.990869474015, -80.414149821907, 120.98715555968], [-28.790131207674, -80.410388405599, 120.95300073674], [-29.589392941333, -80.40662698929, 120.91884591381], [-30.388654674991, -80.402865572982, 120.88469109087], [-31.18791640865, -80.399104156674, 120.85053626794], [-31.987178142309, -80.395342740366, 120.81638144501], [-32.786439875968, -80.391581324057, 120.78222662207], [-33.585701609626, -80.387819907749, 120.74807179914], [-34.384963343285, -80.384058491441, 120.71391697621], [-35.184225076944, -80.380297075133, 120.67976215327], [-35.983486810603, -80.376535658824, 120.64560733034], [-36.782748544261, -80.372774242516, 120.6114525074], [-37.58201027792, -80.369012826208, 120.57729768447], [-38.381272011579, -80.365251409899, 120.54314286154], [-39.180533745238, -80.361489993591, 120.5089880386], [-39.979795478896, -80.357728577283, 120.47483321567], [-40.779057212555, -80.353967160975, 120.44067839273], [-41.578318946214, -80.350205744666, 120.4065235698], [-42.377580679873, -80.346444328358, 120.37236874687], [-43.176842413531, -80.34268291205, 120.33821392393], [-43.97610414719, -80.338921495742, 120.304059101], [-44.775365880849, -80.335160079433, 120.26990427807], [-45.574627614508, -80.331398663125, 120.23574945513], [-46.373889348166, -80.327637246817, 120.2015946322], [-47.173151081825, -80.323875830509, 120.16743980926], [-47.972412815484, -80.3201144142, 120.13328498633], [-48.771674549143, -80.316352997892, 120.0991301634], [-49.570936282801, -80.312591581584, 120.06497534046], [-50.37019801646, -80.308830165275, 120.03082051753], [-51.169459750119, -80.305068748967, 119.99666569459], [-51.968721483778, -80.301307332659, 119.96251087166], [-52.767983217436, -80.297545916351, 119.92835604873], [-53.567244951095, -80.293784500042, 119.89420122579], [-54.366506684754, -80.290023083734, 119.86004640286], [-55.165768418413, -80.286261667426, 119.82589157993], [-55.965030152071, -80.282500251118, 119.79173675699], [-56.76429188573, -80.278738834809, 119.75758193406], [-57.563553619389, -80.274977418501, 119.72342711112], [-58.362815353048, -80.271216002193, 119.68927228819], [-59.162077086707, -80.267454585885, 119.65511746526], [-59.961338820365, -80.263693169576, 119.62096264232], [-60.760600554024, -80.259931753268, 119.58680781939], [-61.559862287683, -80.25617033696, 119.55265299646], [-62.359124021342, -80.252408920652, 119.51849817352], [-63.158385755, -80.248647504343, 119.48434335059], [-63.957647488659, -80.244886088035, 119.45018852765], [-64.756909222318, -80.241124671727, 119.41603370472], [-65.556170955977, -80.237363255418, 119.38187888179], [-66.355432689635, -80.23360183911, 119.34772405885], [-67.154694423294, -80.229840422802, 119.31356923592], [-67.953956156953, -80.226079006494, 119.27941441298], [-68.753217890612, -80.222317590185, 119.24525959005], [-69.55247962427, -80.218556173877, 119.21110476712], [-70.351741357929, -80.214794757569, 119.17694994418], [-71.151003091588, -80.211033341261, 119.14279512125], [-71.950264825247, -80.207271924952, 119.10864029832], [-72.749526558905, -80.203510508644, 119.07448547538], [-73.548788292564, -80.199749092336, 119.04033065245], [-74.348050026223, -80.195987676028, 119.00617582951], [-75.147311759882, -80.192226259719, 118.97202100658], [-75.94657349354, -80.188464843411, 118.93786618365], [-76.745835227199, -80.184703427103, 118.90371136071], [-77.545096960858, -80.180942010795, 118.86955653778], [-78.344358694517, -80.177180594486, 118.83540171484], [-79.143620428175, -80.173419178178, 118.80124689191], [-79.942882161834, -80.16965776187, 118.76709206898], [-80.742143895493, -80.165896345561, 118.73293724604], [-81.541405629152, -80.162134929253, 118.69878242311], [-82.34066736281, -80.158373512945, 118.66462760018], [-83.139929096469, -80.154612096637, 118.63047277724], [-83.939190830128, -80.150850680328, 118.59631795431], [-84.738452563787, -80.14708926402, 118.56216313137], [-85.537714297445, -80.143327847712, 118.52800830844], [-86.336976031104, -80.139566431404, 118.49385348551], [-87.136237764763, -80.135805015095, 118.45969866257], [-87.935499498422, -80.132043598787, 118.42554383964], [-88.734761232081, -80.128282182479, 118.3913890167], [-89.534022965739, -80.124520766171, 118.35723419377], [-90.333284699398, -80.120759349862, 118.32307937084], [-91.132546433057, -80.116997933554, 118.2889245479], [-91.931808166716, -80.113236517246, 118.25476972497], [-92.731069900374, -80.109475100938, 118.22061490204], [-93.530331634033, -80.105713684629, 118.1864600791], [-94.329593367692, -80.101952268321, 118.15230525617], [-95.128855101351, -80.098190852013, 118.11815043323], [-95.928116835009, -80.094429435704, 118.0839956103], [-96.727378568668, -80.090668019396, 118.04984078737], [-97.526640302327, -80.086906603088, 118.01568596443], [-98.325902035986, -80.08314518678, 117.9815311415], [-99.125163769644, -80.079383770471, 117.94737631857], [-99.924425503303, -80.075622354163, 117.91322149563], [-100.72368723696, -80.071860937855, 117.8790666727], [-101.52294897062, -80.068099521547, 117.84491184976], [-102.32221070428, -80.064338105238, 117.81075702683], [-103.12147243794, -80.06057668893, 117.7766022039], [-103.9207341716, -80.056815272622, 117.74244738096], [-104.71999590526, -80.053053856314, 117.70829255803], [-105.51925763891, -80.049292440005, 117.67413773509], [-106.31851937257, -80.045531023697, 117.63998291216], [-107.11778110623, -80.041769607389, 117.60582808923], [-107.91704283989, -80.03800819108, 117.57167326629], [-108.71630457355, -80.034246774772, 117.53751844336], [-109.51556630721, -80.030485358464, 117.50336362043], [-110.31482804087, -80.026723942156, 117.46920879749], [-111.11408977453, -80.022962525847, 117.43505397456]], "InstanceCreationTime": ["174018.312000", "174018.312000", "174018.312000", "174018.312000", "174018.312000", "174018.312000", "174018.296000", "174018.296000", "174018.296000", "174018.296000", "174018.296000", "174018.296000", "174018.296000", "174018.281000", "174018.281000", "174018.281000", "174018.281000", "174018.281000", "174018.281000", "174018.265000", "174018.265000", "174018.265000", "174018.265000", "174018.265000", "174018.265000", "174018.250000", "174018.250000", "174018.250000", "174018.250000", "174018.250000", "174018.250000", "174018.250000", "174018.234000", "174018.234000", "174018.234000", "174018.234000", "174018.234000", "174018.234000", "174018.234000", "174018.234000", "174018.218000", "174018.218000", "174018.218000", "174018.218000", "174018.218000", "174018.218000", "174018.218000", "174018.203000", "174018.203000", "174018.203000", "174018.203000", "174018.203000", "174018.203000", "174018.203000", "174018.187000", "174018.187000", "174017.109000", "174017.093000", "174017.093000", "174017.093000", "174017.093000", "174017.093000", "174017.093000", "174017.093000", "174017.093000", "174017.078000", "174017.078000", "174017.078000", "174017.078000", "174017.078000", "174017.062000", "174017.046000", "174017.046000", "174017.046000", "174017.046000", "174017.046000", "174017.031000", "174017.031000", "174017.031000", "174017.031000", "174017.031000", "174017.031000", "174017.031000", "174017.031000", "174017.015000", "174016.984000", "174016.984000", "174016.984000", "174016.984000", "174016.984000", "174016.968000", "174016.968000", "174016.968000", "174016.968000", "174016.968000", "174016.968000", "174016.968000", "174016.953000", "174016.953000", "174016.937000", "174016.937000", "174016.937000", "174016.937000", "174016.937000", "174016.921000", "174016.906000", "174016.906000", "174016.906000", "174016.859000", "174016.859000", "174016.859000", "174016.859000", "174016.859000", "174016.859000", "174016.843000", "174016.843000", "174016.843000", "174016.843000", "174016.843000", "174016.843000", "174016.843000", "174016.843000", "174016.828000", "174016.828000", "174016.828000", "174016.828000", "174016.828000", "174016.828000", "174016.828000", "174016.828000", "174016.828000", "174016.812000", "174016.812000", "174016.812000", "174016.812000", "174016.812000", "174016.812000", "174016.812000", "174016.812000", "174016.796000", "174016.796000", "174016.796000", "174016.796000", "174016.796000", "174016.796000", "174016.796000", "174016.796000", "174016.796000", "174016.781000", "174016.781000", "174016.781000", "174016.781000", "174016.781000", "174016.781000", "174016.765000", "174016.765000", "174016.765000", "174016.765000", "174016.750000", "174016.750000", "174016.750000", "174016.750000", "174016.750000", "174016.750000", "174016.750000", "174016.750000", "174016.750000", "174016.734000", "174016.734000", "174016.734000", "174016.734000", "174016.734000", "174016.734000", "174016.734000", "174016.718000", "174016.718000", "174016.718000", "174016.718000", "174016.718000", "174016.718000", "174016.718000", "174016.703000", "174016.703000", "174016.703000", "174016.703000", "174016.703000", "174016.703000", "174016.703000", "174016.703000", "174016.687000", "174016.687000", "174016.687000", "174016.687000", "174016.687000", "174016.687000", "174016.687000", "174016.687000", "174016.671000", "174016.671000", "174016.671000", "174016.671000", "174016.671000", "174016.671000", "174016.671000", "174016.671000", "174016.671000", "174016.656000", "174016.656000", "174016.656000", "174016.656000", "174016.656000", "174016.656000", "174016.656000", "174016.640000", "174016.640000", "174016.640000", "174016.640000", "174016.640000", "174016.640000", "174016.625000", "174016.625000", "174016.625000", "174016.625000", "174016.625000", "174016.625000", "174016.609000", "174016.609000", "174016.609000", "174016.609000", "174016.609000", "174016.609000", "174016.609000", "174016.609000", "174016.609000", "174016.593000", "174016.593000", "174016.593000", "174016.593000", "174016.593000", "174016.593000", "174016.593000", "174016.578000", "174016.578000", "174016.578000", "174016.578000", "174016.578000", "174016.562000", "174016.562000", "174016.562000", "174016.562000", "174016.562000", "174016.562000", "174016.562000", "174016.562000", "174016.546000", "174016.546000"], "InstanceNumber": [256, 255, 254, 253, 252, 251, 250, 249, 248, 247, 246, 245, 244, 243, 242, 241, 240, 239, 238, 237, 236, 235, 234, 233, 232, 231, 230, 229, 228, 227, 226, 225, 224, 223, 222, 221, 220, 219, 218, 217, 216, 215, 214, 213, 212, 211, 210, 209, 208, 207, 206, 205, 204, 203, 202, 201, 200, 199, 198, 197, 196, 195, 194, 193, 192, 191, 190, 189, 188, 187, 186, 185, 184, 183, 182, 181, 180, 179, 178, 177, 176, 175, 174, 173, 172, 171, 170, 169, 168, 167, 166, 165, 164, 163, 162, 161, 160, 159, 158, 157, 156, 155, 154, 153, 152, 151, 150, 149, 148, 147, 146, 145, 144, 143, 142, 141, 140, 139, 138, 137, 136, 135, 134, 133, 132, 131, 130, 129, 128, 127, 126, 125, 124, 123, 122, 121, 120, 119, 118, 117, 116, 115, 114, 113, 112, 111, 110, 109, 108, 107, 106, 105, 104, 103, 102, 101, 100, 99, 98, 97, 96, 95, 94, 93, 92, 91, 90, 89, 88, 87, 86, 85, 84, 83, 82, 81, 80, 79, 78, 77, 76, 75, 74, 73, 72, 71, 70, 69, 68, 67, 66, 65, 64, 63, 62, 61, 60, 59, 58, 57, 56, 55, 54, 53, 52, 51, 50, 49, 48, 47, 46, 45, 44, 43, 42, 41, 40, 39, 38, 37, 36, 35, 34, 33, 32, 31, 30, 29, 28, 27, 26, 25, 24, 23, 22, 21, 20, 19, 18, 17, 16, 15, 14, 13, 12, 11, 10, 9, 8, 7, 6, 5, 4, 3, 2, 1], "LargestImagePixelValue": [187, 175, 146, 171, 318, 428, 565, 677, 641, 655, 625, 716, 704, 774, 784, 698, 979, 701, 693, 1455, 1266, 2447, 2266, 2017, 1893, 1679, 1634, 1505, 1493, 1503, 1436, 1608, 1628, 1768, 1755, 1531, 1598, 1787, 1710, 1719, 1670, 1644, 1684, 1772, 1767, 1814, 1450, 1434, 1313, 1386, 1365, 1303, 1274, 1251, 1241, 1260, 1337, 1316, 1273, 1229, 1389, 1304, 1325, 1442, 1433, 1602, 1678, 1679, 1698, 2163, 2600, 2656, 2720, 2642, 2670, 2674, 2828, 2873, 2869, 2903, 2924, 2971, 2818, 2938, 3026, 3240, 3227, 3466, 3291, 3329, 3040, 3330, 3291, 3303, 3331, 3121, 3075, 2619, 2923, 3042, 2669, 2627, 2406, 2681, 2666, 2549, 2436, 2512, 3024, 2506, 2371, 3157, 3739, 3198, 3569, 3230, 2038, 1857, 2028, 1811, 1791, 1916, 2015, 2082, 1911, 2150, 2065, 1869, 2074, 2113, 1781, 1835, 1836, 1870, 1815, 1847, 1759, 1774, 1768, 1830, 1789, 1989, 1919, 1790, 1975, 1869, 1828, 1873, 1914, 1979, 1897, 1912, 2014, 2124, 2085, 2404, 2424, 2133, 2270, 2064, 2245, 2214, 2158, 2481, 2596, 2640, 2719, 2770, 2812, 2685, 2833, 2902, 3007, 2816, 2767, 2528, 2562, 2607, 2695, 2586, 2545, 2778, 2721, 2637, 2766, 2674, 2651, 2426, 2183, 2314, 2186, 2089, 1798, 1856, 1632, 1743, 1599, 1773, 1501, 1635, 1392, 1448, 1425, 1315, 1388, 1379, 1362, 1389, 1390, 1453, 1670, 1899, 1834, 1962, 1753, 1605, 1554, 1738, 1797, 2026, 2011, 2068, 2171, 2258, 2108, 2419, 2718, 2686, 2764, 2622, 2655, 2689, 2641, 2600, 1813, 1179, 1564, 1163, 736, 445, 472, 573, 569, 518, 572, 613, 353, 292, 323, 257, 167, 141, 152, 178, 195, 214], "SliceLocation": [98.378421018601, 97.57842100668, 96.778420994759, 95.978420982838, 95.178420970917, 94.378420958996, 93.578420947075, 92.778420935154, 91.978420923233, 91.178420911312, 90.378420899392, 89.578420887471, 88.77842087555, 87.978420863629, 87.178420851708, 86.378420839787, 85.578420827866, 84.778420815945, 83.978420804024, 83.178420792103, 82.378420780182, 81.578420768261, 80.77842075634, 79.978420744419, 79.178420732499, 78.378420720578, 77.578420708657, 76.778420696736, 75.978420684815, 75.178420672894, 74.378420660973, 73.578420649052, 72.778420637131, 71.97842062521, 71.178420613289, 70.378420601368, 69.578420589447, 68.778420577526, 67.978420565606, 67.178420553685, 66.378420541764, 65.578420529843, 64.778420517922, 63.978420506001, 63.17842049408, 62.378420482159, 61.578420470238, 60.778420458317, 59.978420446396, 59.178420434475, 58.378420422554, 57.578420410633, 56.778420398713, 55.978420386792, 55.178420374871, 54.37842036295, 53.578420351029, 52.778420339108, 51.978420327187, 51.178420315266, 50.378420303345, 49.578420291424, 48.778420279503, 47.978420267582, 47.178420255661, 46.37842024374, 45.57842023182, 44.778420219899, 43.978420207978, 43.178420196057, 42.378420184136, 41.578420172215, 40.778420160294, 39.978420148373, 39.178420136452, 38.378420124531, 37.57842011261, 36.778420100689, 35.978420088768, 35.178420076847, 34.378420064927, 33.578420053006, 32.778420041085, 31.978420029164, 31.178420017243, 30.378420005322, 29.578419993401, 28.77841998148, 27.978419969559, 27.178419957638, 26.378419945717, 25.578419933796, 24.778419921875, 23.978419909954, 23.178419898034, 22.378419886113, 21.578419874192, 20.778419862271, 19.97841985035, 19.178419838429, 18.378419826508, 17.578419814587, 16.778419802666, 15.978419790745, 15.178419778824, 14.378419766903, 13.578419754982, 12.778419743061, 11.978419731141, 11.17841971922, 10.378419707299, 9.5784196953778, 8.7784196834568, 7.9784196715359, 7.178419659615, 6.378419647694, 5.5784196357731, 4.7784196238522, 3.9784196119313, 3.1784196000103, 2.3784195880894, 1.5784195761685, 0.77841956424754, -0.0215804476734, -0.8215804595943, -1.6215804715153, -2.4215804834362, -3.2215804953571, -4.021580507278, -4.821580519199, -5.6215805311199, -6.4215805430408, -7.2215805549618, -8.0215805668827, -8.8215805788036, -9.6215805907245, -10.421580602645, -11.221580614566, -12.021580626487, -12.821580638408, -13.621580650329, -14.42158066225, -15.221580674171, -16.021580686092, -16.821580698013, -17.621580709934, -18.421580721855, -19.221580733776, -20.021580745697, -20.821580757618, -21.621580769538, -22.421580781459, -23.22158079338, -24.021580805301, -24.821580817222, -25.621580829143, -26.421580841064, -27.221580852985, -28.021580864906, -28.821580876827, -29.621580888748, -30.421580900669, -31.22158091259, -32.021580924511, -32.821580936431, -33.621580948352, -34.421580960273, -35.221580972194, -36.021580984115, -36.821580996036, -37.621581007957, -38.421581019878, -39.221581031799, -40.02158104372, -40.821581055641, -41.621581067562, -42.421581079483, -43.221581091404, -44.021581103324, -44.821581115245, -45.621581127166, -46.421581139087, -47.221581151008, -48.021581162929, -48.82158117485, -49.621581186771, -50.421581198692, -51.221581210613, -52.021581222534, -52.821581234455, -53.621581246376, -54.421581258297, -55.221581270217, -56.021581282138, -56.821581294059, -57.62158130598, -58.421581317901, -59.221581329822, -60.021581341743, -60.821581353664, -61.621581365585, -62.421581377506, -63.221581389427, -64.021581401348, -64.821581413269, -65.62158142519, -66.42158143711, -67.221581449031, -68.021581460952, -68.821581472873, -69.621581484794, -70.421581496715, -71.221581508636, -72.021581520557, -72.821581532478, -73.621581544399, -74.42158155632, -75.221581568241, -76.021581580162, -76.821581592083, -77.621581604003, -78.421581615924, -79.221581627845, -80.021581639766, -80.821581651687, -81.621581663608, -82.421581675529, -83.22158168745, -84.021581699371, -84.821581711292, -85.621581723213, -86.421581735134, -87.221581747055, -88.021581758976, -88.821581770896, -89.621581782817, -90.421581794738, -91.221581806659, -92.02158181858, -92.821581830501, -93.621581842422, -94.421581854343, -95.221581866264, -96.021581878185, -96.821581890106, -97.621581902027, -98.421581913948, -99.221581925869, -100.02158193779, -100.82158194971, -101.62158196163, -102.42158197355, -103.22158198547, -104.02158199739, -104.82158200932, -105.62158202124], "WindowCenter": [47.0, 48.0, 47.0, 48.0, 57.0, 68.0, 81.0, 88.0, 87.0, 92.0, 91.0, 96.0, 95.0, 100.0, 102.0, 95.0, 108.0, 93.0, 92.0, 148.0, 142.0, 412.0, 465.0, 414.0, 452.0, 472.0, 480.0, 474.0, 501.0, 531.0, 560.0, 590.0, 585.0, 592.0, 609.0, 624.0, 631.0, 634.0, 633.0, 633.0, 631.0, 629.0, 628.0, 630.0, 632.0, 636.0, 639.0, 649.0, 657.0, 666.0, 674.0, 683.0, 691.0, 696.0, 704.0, 712.0, 722.0, 729.0, 734.0, 742.0, 752.0, 761.0, 769.0, 779.0, 786.0, 793.0, 799.0, 806.0, 813.0, 824.0, 835.0, 840.0, 844.0, 850.0, 856.0, 863.0, 871.0, 881.0, 890.0, 897.0, 906.0, 918.0, 927.0, 937.0, 945.0, 953.0, 961.0, 970.0, 978.0, 986.0, 989.0, 995.0, 999.0, 1005.0, 1012.0, 1013.0, 1008.0, 1002.0, 1001.0, 1002.0, 1002.0, 1002.0, 1001.0, 1002.0, 1002.0, 1002.0, 1003.0, 1004.0, 1005.0, 1002.0, 1002.0, 1003.0, 1004.0, 1006.0, 1006.0, 997.0, 983.0, 973.0, 965.0, 954.0, 941.0, 933.0, 926.0, 919.0, 905.0, 906.0, 916.0, 924.0, 939.0, 951.0, 959.0, 968.0, 977.0, 983.0, 990.0, 997.0, 1001.0, 1003.0, 1006.0, 1007.0, 1007.0, 1007.0, 1009.0, 1009.0, 1009.0, 1007.0, 1006.0, 1005.0, 1003.0, 1002.0, 1001.0, 1000.0, 998.0, 998.0, 997.0, 997.0, 995.0, 992.0, 993.0, 993.0, 993.0, 992.0, 992.0, 993.0, 996.0, 996.0, 994.0, 990.0, 985.0, 981.0, 974.0, 965.0, 960.0, 948.0, 934.0, 922.0, 914.0, 908.0, 903.0, 895.0, 885.0, 876.0, 866.0, 857.0, 849.0, 840.0, 832.0, 823.0, 814.0, 806.0, 799.0, 792.0, 784.0, 776.0, 769.0, 765.0, 759.0, 754.0, 746.0, 738.0, 726.0, 713.0, 699.0, 685.0, 678.0, 672.0, 672.0, 666.0, 662.0, 665.0, 669.0, 672.0, 672.0, 677.0, 671.0, 659.0, 646.0, 644.0, 629.0, 615.0, 613.0, 608.0, 599.0, 569.0, 557.0, 563.0, 563.0, 555.0, 552.0, 562.0, 569.0, 518.0, 438.0, 470.0, 186.0, 132.0, 151.0, 124.0, 102.0, 82.0, 87.0, 94.0, 94.0, 89.0, 89.0, 91.0, 72.0, 65.0, 65.0, 61.0, 55.0, 53.0, 54.0, 54.0, 54.0, 54.0], "WindowWidth": [128.0, 129.0, 128.0, 131.0, 158.0, 191.0, 229.0, 245.0, 243.0, 256.0, 257.0, 263.0, 263.0, 279.0, 286.0, 263.0, 290.0, 251.0, 243.0, 371.0, 378.0, 801.0, 910.0, 823.0, 890.0, 946.0, 966.0, 963.0, 1025.0, 1097.0, 1180.0, 1265.0, 1247.0, 1263.0, 1307.0, 1342.0, 1354.0, 1356.0, 1348.0, 1347.0, 1340.0, 1332.0, 1326.0, 1327.0, 1328.0, 1333.0, 1337.0, 1355.0, 1368.0, 1384.0, 1397.0, 1410.0, 1423.0, 1429.0, 1439.0, 1452.0, 1467.0, 1475.0, 1480.0, 1490.0, 1503.0, 1516.0, 1527.0, 1545.0, 1557.0, 1567.0, 1576.0, 1586.0, 1594.0, 1611.0, 1630.0, 1634.0, 1637.0, 1644.0, 1653.0, 1664.0, 1676.0, 1691.0, 1705.0, 1714.0, 1724.0, 1740.0, 1754.0, 1768.0, 1783.0, 1802.0, 1817.0, 1834.0, 1855.0, 1878.0, 1874.0, 1896.0, 1910.0, 1928.0, 1960.0, 1960.0, 1926.0, 1880.0, 1859.0, 1854.0, 1852.0, 1845.0, 1845.0, 1843.0, 1837.0, 1834.0, 1823.0, 1819.0, 1821.0, 1812.0, 1804.0, 1805.0, 1817.0, 1844.0, 1876.0, 1844.0, 1795.0, 1786.0, 1783.0, 1770.0, 1757.0, 1761.0, 1762.0, 1747.0, 1722.0, 1713.0, 1714.0, 1724.0, 1748.0, 1774.0, 1793.0, 1811.0, 1823.0, 1833.0, 1837.0, 1839.0, 1838.0, 1837.0, 1829.0, 1824.0, 1822.0, 1820.0, 1816.0, 1807.0, 1796.0, 1777.0, 1771.0, 1771.0, 1776.0, 1779.0, 1788.0, 1796.0, 1806.0, 1806.0, 1807.0, 1820.0, 1819.0, 1818.0, 1821.0, 1820.0, 1823.0, 1827.0, 1834.0, 1853.0, 1879.0, 1886.0, 1878.0, 1867.0, 1859.0, 1862.0, 1852.0, 1831.0, 1836.0, 1806.0, 1762.0, 1734.0, 1725.0, 1720.0, 1718.0, 1710.0, 1698.0, 1689.0, 1678.0, 1669.0, 1661.0, 1650.0, 1636.0, 1618.0, 1604.0, 1592.0, 1580.0, 1570.0, 1557.0, 1547.0, 1537.0, 1531.0, 1524.0, 1517.0, 1504.0, 1494.0, 1475.0, 1454.0, 1434.0, 1414.0, 1405.0, 1398.0, 1404.0, 1396.0, 1396.0, 1406.0, 1421.0, 1429.0, 1433.0, 1451.0, 1442.0, 1415.0, 1387.0, 1390.0, 1360.0, 1331.0, 1335.0, 1326.0, 1302.0, 1196.0, 1160.0, 1170.0, 1171.0, 1144.0, 1133.0, 1164.0, 1192.0, 1023.0, 865.0, 914.0, 469.0, 367.0, 399.0, 332.0, 273.0, 224.0, 241.0, 263.0, 263.0, 244.0, 239.0, 242.0, 197.0, 177.0, 175.0, 167.0, 149.0, 146.0, 148.0, 147.0, 148.0, 148.0]}}}