{"AcquisitionMatrixPE": 128, "AcquisitionNumber": 1, "AcquisitionTime": "16:06:45.395000", "BandwidthPerPixelPhaseEncode": 21.701, "BaseResolution": 128, "BodyPartExamined": "BRAIN", "ConsistencyInfo": "N4_VD11D_LATEST_20110129", "ConversionSoftware": "dcm2niix", "ConversionSoftwareVersion": "v1.0.20210317", "DerivedVendorReportedEchoSpacing": 0.000720013, "DeviceSerialNumber": "45239", "DwellTime": 2e-06, "EchoTime": 0.03, "EchoTrainLength": 63, "EffectiveEchoSpacing": 0.000360006, "FlipAngle": 63, "ImageComments": "Unaliased MB4/PE3", "ImageOrientationPatientDICOM": [1, 0, 0, 0, 1, 0], "ImageType": ["ORIGINAL", "PRIMARY", "M", "ND", "NORM", "MOSAIC"], "ImagingFrequency": 123.193, "InPlanePhaseEncodingDirectionDICOM": "COL", "InstitutionAddress": "E 24th St. 100,Austin,Southmiddle,US,78712", "InstitutionName": "Univ of Texas at Austin", "InstitutionalDepartmentName": "IRC", "MRAcquisitionType": "2D", "MagneticFieldStrength": 3, "Manufacturer": "Siemens", "ManufacturersModelName": "Skyra", "Modality": "MR", "MultibandAccelerationFactor": 4, "ParallelReductionFactorInPlane": 2, "PartialFourier": 1, "PatientPosition": "HFS", "PercentPhaseFOV": 100, "PercentSampling": 100, "PhaseEncodingDirection": "j-", "PhaseEncodingSteps": 127, "PhaseResolution": 1, "PixelBandwidth": 1955, "ProcedureStepDescription": "Poldrack2^self-scanning", "ProtocolName": "retinotopy fMRI MBEPI_matrix128_BW1954", "PulseSequenceDetails": "%CustomerSeq%\\cmrr_mbep2d_bold", "ReceiveCoilActiveElements": "HEA;HEP", "ReceiveCoilName": "Head_32", "ReconMatrixPE": 128, "RefLinesPE": 124, "RepetitionTime": 1.3, "SAR": 0.0697544, "ScanOptions": "FS", "ScanningSequence": "EP", "SequenceName": "epfid2d1_128", "SequenceVariant": "SK", "SeriesDescription": "retinotopy fMRI MBEPI_matrix128_BW1954", "SeriesNumber": 5, "ShimSetting": [-2777, 8039, -15474, 168, -258, 188, 256, -82], "SliceThickness": 2, "SliceTiming": [0, 0.2725, 0.5475, 0.8225, 1.0975, 0.09, 0.365, 0.64, 0.9125, 1.1875, 0.1825, 0.4575, 0.73, 1.005, 0, 0.2725, 0.5475, 0.8225, 1.0975, 0.09, 0.365, 0.64, 0.9125, 1.1875, 0.1825, 0.4575, 0.73, 1.005, 0, 0.2725, 0.5475, 0.8225, 1.0975, 0.09, 0.365, 0.64, 0.9125, 1.1875, 0.1825, 0.4575, 0.73, 1.005, 0, 0.2725, 0.5475, 0.8225, 1.0975, 0.09, 0.365, 0.64, 0.9125, 1.1875, 0.1825, 0.4575, 0.73, 1.005], "SoftwareVersions": "syngo MR D11", "SpacingBetweenSlices": 2, "StationName": "AWP45239", "TaskName": "Retinotopic mapping", "TotalReadoutTime": 0.0457208, "TxRefAmp": 330.962, "WipMemBlock": "18c5cba5-cc83-42cb-862f-46ab22aca662||Sequence: VD11D r206; Feb 13 2013 18:52:04 by eja", "dcmmeta_affine": [[-2.0, 0.0, 0.0, 128.0], [0.0, 2.0, 0.0, -144.15980529785156], [0.0, 0.0, 2.0, -16.259078979492188], [0.0, 0.0, 0.0, 1.0]], "dcmmeta_reorient_transform": [[0.0, -1.0, 0.0, 127.0], [1.0, 0.0, 0.0, 0.0], [0.0, 0.0, 1.0, 0.0], [0.0, 0.0, 0.0, 1.0]], "dcmmeta_shape": [128, 128, 56, 200], "dcmmeta_slice_dim": 2, "dcmmeta_version": 0.6, "global": {"const": {"AcquisitionMatrix": [128, 0, 0, 128], "AngioFlag": "N", "BitsAllocated": 16, "BitsStored": 16, "BodyPartExamined": "BRAIN", "Columns": 1024, "EchoNumbers": 1, "EchoTime": 30.0, "EchoTrainLength": 63, "FlipAngle": 63.0, "HighBit": 15, "ImageOrientationPatient": [1.0, 0.0, 0.0, 0.0, 1.0, 0.0], "ImagePositionPatient": [-1024.0, -1005.8401927948, -16.259078979492], "ImageType": ["ORIGINAL", "PRIMARY", "M", "ND", "NORM", "MOSAIC"], "ImagedNucleus": "1H", "ImagingFrequency": 123.19331, "InPlanePhaseEncodingDirection": "COL", "MRAcquisitionType": "2D", "MagneticFieldStrength": 3.0, "Manufacturer": "SIEMENS", "ManufacturerModelName": "Skyra", "Modality": "MR", "NumberOfAverages": 1.0, "NumberOfPhaseEncodingSteps": 127, "PercentPhaseFieldOfView": 100.0, "PercentSampling": 100.0, "PerformedProcedureStepStartTime": "153911.546000", "PhotometricInterpretation": "MONOCHROME2", "PixelBandwidth": 1955.0, "PixelRepresentation": 0, "PixelSpacing": [2.0, 2.0], "ProtocolName": "retinotopy fMRI MBEPI_matrix128_BW1954", "RepetitionTime": 1300.0, "Rows": 1024, "SAR": 0.06975442867273, "SamplesPerPixel": 1, "ScanOptions": "FS", "ScanningSequence": "EP", "SequenceName": "epfid2d1_128", "SequenceVariant": "SK", "SeriesDescription": "retinotopy fMRI MBEPI_matrix128_BW1954", "SeriesNumber": 5, "SeriesTime": "160734.093000", "SliceLocation": -16.259078979492, "SliceThickness": 2.0, "SmallestImagePixelValue": 0, "SoftwareVersions": "syngo MR D11", "SpacingBetweenSlices": 2.0, "SpecificCharacterSet": "ISO_IR 100", "StudyID": "1", "StudyTime": "153911.500000", "TransmitCoilName": "Body", "VariableFlipAngleFlag": "N", "WindowCenterWidthExplanation": "Algo1", "dBdt": 0.0}, "slices": {}}, "time": {"samples": {"AcquisitionNumber": [1, 2, 3, 4, 5, 6, 7, 8, 9, 10, 11, 12, 13, 14, 15, 16, 17, 18, 19, 20, 21, 22, 23, 24, 25, 26, 27, 28, 29, 30, 31, 32, 33, 34, 35, 36, 37, 38, 39, 40, 41, 42, 43, 44, 45, 46, 47, 48, 49, 50, 51, 52, 53, 54, 55, 56, 57, 58, 59, 60, 61, 62, 63, 64, 65, 66, 67, 68, 69, 70, 71, 72, 73, 74, 75, 76, 77, 78, 79, 80, 81, 82, 83, 84, 85, 86, 87, 88, 89, 90, 91, 92, 93, 94, 95, 96, 97, 98, 99, 100, 101, 102, 103, 104, 105, 106, 107, 108, 109, 110, 111, 112, 113, 114, 115, 116, 117, 118, 119, 120, 121, 122, 123, 124, 125, 126, 127, 128, 129, 130, 131, 132, 133, 134, 135, 136, 137, 138, 139, 140, 141, 142, 143, 144, 145, 146, 147, 148, 149, 150, 151, 152, 153, 154, 155, 156, 157, 158, 159, 160, 161, 162, 163, 164, 165, 166, 167, 168, 169, 170, 171, 172, 173, 174, 175, 176, 177, 178, 179, 180, 181, 182, 183, 184, 185, 186, 187, 188, 189, 190, 191, 192, 193, 194, 195, 196, 197, 198, 199, 200], "AcquisitionTime": ["160645.395000", "160717.895000", "160719.195000", "160720.495000", "160721.795000", "160723.095000", "160724.395000", "160725.695000", "160726.995000", "160728.295000", "160729.595000", "160730.895000", "160732.195000", "160733.495000", "160734.795000", "160736.095000", "160737.395000", "160738.695000", "160739.995000", "160741.295000", "160742.595000", "160743.895000", "160745.195000", "160746.495000", "160747.795000", "160749.095000", "160750.395000", "160751.695000", "160752.995000", "160754.295000", "160755.595000", "160756.895000", "160758.195000", "160759.495000", "160800.795000", "160802.095000", "160803.395000", "160804.695000", "160805.995000", "160807.295000", "160808.595000", "160809.895000", "160811.195000", "160812.495000", "160813.795000", "160815.095000", "160816.395000", "160817.695000", "160818.995000", "160820.295000", "160821.595000", "160822.895000", "160824.195000", "160825.495000", "160826.795000", "160828.095000", "160829.395000", "160830.695000", "160831.995000", "160833.295000", "160834.595000", "160835.895000", "160837.195000", "160838.495000", "160839.795000", "160841.095000", "160842.395000", "160843.695000", "160844.995000", "160846.295000", "160847.595000", "160848.895000", "160850.195000", "160851.495000", "160852.795000", "160854.095000", "160855.395000", "160856.695000", "160857.995000", "160859.295000", "160900.595000", "160901.895000", "160903.195000", "160904.495000", "160905.795000", "160907.095000", "160908.395000", "160909.695000", "160910.995000", "160912.295000", "160913.595000", "160914.895000", "160916.195000", "160917.495000", "160918.795000", "160920.095000", "160921.395000", "160922.695000", "160923.995000", "160925.295000", "160926.595000", "160927.895000", "160929.195000", "160930.495000", "160931.795000", "160933.095000", "160934.395000", "160935.695000", "160936.995000", "160938.295000", "160939.595000", "160940.895000", "160942.195000", "160943.495000", "160944.795000", "160946.095000", "160947.395000", "160948.695000", "160949.995000", "160951.295000", "160952.595000", "160953.895000", "160955.195000", "160956.495000", "160957.795000", "160959.095000", "161000.395000", "161001.695000", "161002.995000", "161004.295000", "161005.595000", "161006.895000", "161008.195000", "161009.495000", "161010.795000", "161012.095000", "161013.395000", "161014.695000", "161015.995000", "161017.295000", "161018.595000", "161019.895000", "161021.195000", "161022.495000", "161023.795000", "161025.095000", "161026.395000", "161027.695000", "161028.995000", "161030.295000", "161031.595000", "161032.895000", "161034.195000", "161035.495000", "161036.795000", "161038.095000", "161039.395000", "161040.695000", "161041.995000", "161043.295000", "161044.595000", "161045.895000", "161047.195000", "161048.495000", "161049.795000", "161051.095000", "161052.395000", "161053.695000", "161054.995000", "161056.295000", "161057.595000", "161058.895000", "161100.197500", "161101.497500", "161102.797500", "161104.097500", "161105.397500", "161106.697500", "161107.997500", "161109.297500", "161110.597500", "161111.897500", "161113.197500", "161114.497500", "161115.797500", "161117.097500", "161118.397500", "161119.697500", "161120.997500", "161122.297500", "161123.597500", "161124.897500", "161126.197500", "161127.497500", "161128.797500", "161130.097500", "161131.397500", "161132.697500", "161133.997500", "161135.297500"], "ContentTime": ["160734.093000", "160741.968000", "160741.968000", "160741.984000", "160741.984000", "160741.984000", "160746.968000", "160746.968000", "160751.968000", "160751.968000", "160751.968000", "160751.968000", "160756.968000", "160756.968000", "160801.968000", "160801.968000", "160801.968000", "160806.968000", "160806.968000", "160806.968000", "160811.968000", "160811.968000", "160811.968000", "160816.968000", "160816.968000", "160816.968000", "160821.968000", "160821.968000", "160821.968000", "160826.968000", "160826.968000", "160826.968000", "160831.968000", "160831.968000", "160831.968000", "160836.968000", "160836.968000", "160836.968000", "160841.968000", "160841.968000", "160841.968000", "160846.968000", "160846.968000", "160846.968000", "160851.968000", "160851.968000", "160851.984000", "160856.968000", "160856.968000", "160856.968000", "160901.968000", "160901.968000", "160901.968000", "160906.968000", "160907.000000", "160907.000000", "160911.968000", "160911.968000", "160911.968000", "160916.968000", "160916.968000", "160916.968000", "160921.968000", "160921.968000", "160926.968000", "160926.968000", "160926.968000", "160931.968000", "160931.968000", "160931.968000", "160936.968000", "160936.968000", "160936.968000", "160941.968000", "160941.968000", "160941.968000", "160946.968000", "160946.968000", "160946.968000", "160951.968000", "160951.968000", "160951.968000", "160956.968000", "160956.968000", "160956.968000", "161001.968000", "161001.968000", "161001.968000", "161006.968000", "161006.968000", "161006.968000", "161011.968000", "161011.968000", "161011.968000", "161016.968000", "161016.984000", "161016.984000", "161021.968000", "161021.968000", "161021.968000", "161026.968000", "161026.984000", "161026.984000", "161031.968000", "161031.968000", "161031.968000", "161036.968000", "161036.968000", "161041.968000", "161041.968000", "161041.968000", "161046.968000", "161046.968000", "161046.968000", "161051.968000", "161051.968000", "161051.968000", "161056.968000", "161056.968000", "161056.968000", "161101.968000", "161101.968000", "161101.968000", "161106.968000", "161106.968000", "161106.968000", "161111.968000", "161111.968000", "161116.968000", "161116.968000", "161116.968000", "161116.984000", "161121.968000", "161121.968000", "161121.968000", "161127.078000", "161127.093000", "161131.968000", "161131.968000", "161131.968000", "161138.859000", "161138.875000", "161138.875000", "161146.968000", "161146.968000", "161146.968000", "161146.968000", "161146.984000", "161146.984000", "161146.984000", "161151.968000", "161151.968000", "161151.968000", "161156.968000", "161156.968000", "161156.968000", "161206.968000", "161206.968000", "161206.968000", "161206.968000", "161206.968000", "161206.984000", "161217.062000", "161217.078000", "161217.078000", "161217.078000", "161217.078000", "161217.078000", "161221.968000", "161221.968000", "161221.968000", "161226.968000", "161226.968000", "161226.968000", "161231.968000", "161231.968000", "161236.984000", "161236.984000", "161236.984000", "161236.984000", "161241.968000", "161241.968000", "161241.968000", "161251.968000", "161251.968000", "161251.968000", "161251.968000", "161251.968000", "161251.984000", "161256.968000", "161256.968000", "161256.968000", "161301.968000", "161301.968000", "161306.968000", "161306.968000", "161306.968000", "161310.593000", "161310.593000", "161310.593000"], "InstanceCreationTime": ["160734.093000", "160741.968000", "160741.968000", "160741.984000", "160741.984000", "160741.984000", "160746.968000", "160746.968000", "160751.968000", "160751.968000", "160751.968000", "160751.968000", "160756.968000", "160756.968000", "160801.968000", "160801.968000", "160801.968000", "160806.968000", "160806.968000", "160806.968000", "160811.968000", "160811.968000", "160811.968000", "160816.968000", "160816.968000", "160816.968000", "160821.968000", "160821.968000", "160821.968000", "160826.968000", "160826.968000", "160826.968000", "160831.968000", "160831.968000", "160831.968000", "160836.968000", "160836.968000", "160836.968000", "160841.968000", "160841.968000", "160841.968000", "160846.968000", "160846.968000", "160846.968000", "160851.968000", "160851.968000", "160851.984000", "160856.968000", "160856.968000", "160856.968000", "160901.968000", "160901.968000", "160901.968000", "160906.968000", "160907.000000", "160907.000000", "160911.968000", "160911.968000", "160911.968000", "160916.968000", "160916.968000", "160916.968000", "160921.968000", "160921.968000", "160926.968000", "160926.968000", "160926.968000", "160931.968000", "160931.968000", "160931.968000", "160936.968000", "160936.968000", "160936.968000", "160941.968000", "160941.968000", "160941.968000", "160946.968000", "160946.968000", "160946.968000", "160951.968000", "160951.968000", "160951.968000", "160956.968000", "160956.968000", "160956.968000", "161001.968000", "161001.968000", "161001.968000", "161006.968000", "161006.968000", "161006.968000", "161011.968000", "161011.968000", "161011.968000", "161016.968000", "161016.984000", "161016.984000", "161021.968000", "161021.968000", "161021.968000", "161026.968000", "161026.984000", "161026.984000", "161031.968000", "161031.968000", "161031.968000", "161036.968000", "161036.968000", "161041.968000", "161041.968000", "161041.968000", "161046.968000", "161046.968000", "161046.968000", "161051.968000", "161051.968000", "161051.968000", "161056.968000", "161056.968000", "161056.968000", "161101.968000", "161101.968000", "161101.968000", "161106.968000", "161106.968000", "161106.968000", "161111.968000", "161111.968000", "161116.968000", "161116.968000", "161116.968000", "161116.984000", "161121.968000", "161121.968000", "161121.968000", "161127.078000", "161127.093000", "161131.968000", "161131.968000", "161131.968000", "161138.859000", "161138.875000", "161138.875000", "161146.968000", "161146.968000", "161146.968000", "161146.968000", "161146.984000", "161146.984000", "161146.984000", "161151.968000", "161151.968000", "161151.968000", "161156.968000", "161156.968000", "161156.968000", "161206.968000", "161206.968000", "161206.968000", "161206.968000", "161206.968000", "161206.984000", "161217.062000", "161217.078000", "161217.078000", "161217.078000", "161217.078000", "161217.078000", "161221.968000", "161221.968000", "161221.968000", "161226.968000", "161226.968000", "161226.968000", "161231.968000", "161231.968000", "161236.984000", "161236.984000", "161236.984000", "161236.984000", "161241.968000", "161241.968000", "161241.968000", "161251.968000", "161251.968000", "161251.968000", "161251.968000", "161251.968000", "161251.984000", "161256.968000", "161256.968000", "161256.968000", "161301.968000", "161301.968000", "161306.968000", "161306.968000", "161306.968000", "161310.593000", "161310.593000", "161310.593000"], "InstanceNumber": [1, 2, 3, 4, 5, 6, 7, 8, 9, 10, 11, 12, 13, 14, 15, 16, 17, 18, 19, 20, 21, 22, 23, 24, 25, 26, 27, 28, 29, 30, 31, 32, 33, 34, 35, 36, 37, 38, 39, 40, 41, 42, 43, 44, 45, 46, 47, 48, 49, 50, 51, 52, 53, 54, 55, 56, 57, 58, 59, 60, 61, 62, 63, 64, 65, 66, 67, 68, 69, 70, 71, 72, 73, 74, 75, 76, 77, 78, 79, 80, 81, 82, 83, 84, 85, 86, 87, 88, 89, 90, 91, 92, 93, 94, 95, 96, 97, 98, 99, 100, 101, 102, 103, 104, 105, 106, 107, 108, 109, 110, 111, 112, 113, 114, 115, 116, 117, 118, 119, 120, 121, 122, 123, 124, 125, 126, 127, 128, 129, 130, 131, 132, 133, 134, 135, 136, 137, 138, 139, 140, 141, 142, 143, 144, 145, 146, 147, 148, 149, 150, 151, 152, 153, 154, 155, 156, 157, 158, 159, 160, 161, 162, 163, 164, 165, 166, 167, 168, 169, 170, 171, 172, 173, 174, 175, 176, 177, 178, 179, 180, 181, 182, 183, 184, 185, 186, 187, 188, 189, 190, 191, 192, 193, 194, 195, 196, 197, 198, 199, 200], "LargestImagePixelValue": [22266, 22130, 22925, 25089, 31746, 23143, 26265, 30746, 25020, 25928, 24677, 22053, 25184, 22187, 22017, 22148, 24501, 22319, 28429, 22338, 22225, 22127, 22999, 22225, 27553, 22044, 22434, 21940, 21857, 30626, 26821, 21914, 22249, 22068, 24849, 24009, 22011, 22100, 22407, 23194, 22171, 26732, 24707, 22092, 21842, 21753, 22589, 25470, 30215, 21924, 22010, 23256, 22750, 27708, 21967, 22766, 21932, 29360, 23593, 22237, 22291, 22799, 22745, 28518, 22184, 24428, 23548, 22093, 22077, 21903, 23673, 22067, 28418, 22270, 22110, 22234, 23045, 33659, 26248, 22521, 27920, 22316, 22074, 22209, 21973, 22211, 21852, 23393, 24553, 26554, 22020, 21893, 21858, 22967, 25435, 21773, 21786, 21985, 23659, 30457, 24907, 21717, 24544, 22029, 31598, 21642, 21780, 22165, 22091, 27349, 24007, 21674, 21927, 22004, 21913, 22733, 25657, 21645, 21809, 21842, 21831, 23187, 22226, 22362, 23791, 25310, 25780, 22015, 22244, 22135, 21971, 22017, 21778, 25351, 22214, 22519, 22214, 22030, 21962, 22495, 22035, 23461, 24179, 23153, 22860, 21877, 22097, 21689, 22403, 21913, 24867, 22805, 23683, 21860, 22347, 21621, 24963, 25346, 23128, 21799, 21946, 22016, 25087, 26514, 21952, 21936, 21851, 22003, 21909, 22720, 24819, 26176, 21867, 21733, 23784, 23208, 23806, 27902, 21798, 21819, 23867, 21905, 28332, 22462, 21807, 21842, 25594, 23583, 21813, 22073, 23061, 28443, 22671, 22062, 23775, 21839, 21697, 21685, 21991, 31754], "WindowCenter": [9787.0, 9795.0, 9817.0, 9794.0, 9833.0, 9815.0, 9797.0, 9807.0, 9779.0, 9769.0, 9783.0, 9765.0, 9769.0, 9778.0, 9747.0, 9763.0, 9762.0, 9759.0, 9777.0, 9753.0, 9736.0, 9746.0, 9765.0, 9756.0, 9767.0, 9752.0, 9757.0, 9758.0, 9768.0, 9785.0, 9784.0, 9756.0, 9746.0, 9761.0, 9774.0, 9767.0, 9758.0, 9759.0, 9765.0, 9767.0, 9761.0, 9797.0, 9777.0, 9757.0, 9761.0, 9766.0, 9763.0, 9761.0, 9785.0, 9752.0, 9777.0, 9764.0, 9764.0, 9778.0, 9762.0, 9768.0, 9751.0, 9790.0, 9754.0, 9760.0, 9746.0, 9751.0, 9741.0, 9777.0, 9741.0, 9750.0, 9735.0, 9754.0, 9765.0, 9749.0, 9758.0, 9753.0, 9764.0, 9745.0, 9766.0, 9766.0, 9763.0, 9787.0, 9755.0, 9736.0, 9752.0, 9749.0, 9759.0, 9750.0, 9752.0, 9735.0, 9752.0, 9758.0, 9759.0, 9755.0, 9746.0, 9748.0, 9741.0, 9769.0, 9766.0, 9752.0, 9777.0, 9781.0, 9777.0, 9791.0, 9766.0, 9763.0, 9774.0, 9755.0, 9784.0, 9737.0, 9743.0, 9765.0, 9744.0, 9769.0, 9742.0, 9740.0, 9746.0, 9762.0, 9755.0, 9746.0, 9764.0, 9741.0, 9765.0, 9756.0, 9746.0, 9757.0, 9760.0, 9757.0, 9764.0, 9759.0, 9775.0, 9745.0, 9747.0, 9744.0, 9727.0, 9749.0, 9750.0, 9755.0, 9752.0, 9733.0, 9739.0, 9749.0, 9746.0, 9767.0, 9751.0, 9755.0, 9753.0, 9755.0, 9768.0, 9750.0, 9751.0, 9727.0, 9734.0, 9746.0, 9760.0, 9732.0, 9747.0, 9754.0, 9758.0, 9752.0, 9761.0, 9767.0, 9748.0, 9746.0, 9745.0, 9745.0, 9753.0, 9755.0, 9740.0, 9749.0, 9744.0, 9737.0, 9745.0, 9761.0, 9753.0, 9754.0, 9729.0, 9742.0, 9762.0, 9749.0, 9756.0, 9752.0, 9728.0, 9731.0, 9763.0, 9740.0, 9776.0, 9739.0, 9752.0, 9739.0, 9752.0, 9752.0, 9742.0, 9746.0, 9751.0, 9753.0, 9750.0, 9745.0, 9749.0, 9736.0, 9734.0, 9745.0, 9747.0, 9772.0], "WindowWidth": [20686.0, 20699.0, 20741.0, 20691.0, 20768.0, 20735.0, 20693.0, 20705.0, 20648.0, 20630.0, 20659.0, 20626.0, 20635.0, 20650.0, 20592.0, 20619.0, 20617.0, 20613.0, 20643.0, 20597.0, 20569.0, 20585.0, 20622.0, 20608.0, 20625.0, 20595.0, 20609.0, 20614.0, 20634.0, 20659.0, 20660.0, 20608.0, 20590.0, 20613.0, 20638.0, 20627.0, 20609.0, 20612.0, 20624.0, 20630.0, 20621.0, 20685.0, 20649.0, 20611.0, 20619.0, 20631.0, 20626.0, 20618.0, 20659.0, 20597.0, 20651.0, 20628.0, 20625.0, 20647.0, 20619.0, 20631.0, 20600.0, 20665.0, 20603.0, 20613.0, 20588.0, 20599.0, 20580.0, 20643.0, 20571.0, 20583.0, 20560.0, 20604.0, 20630.0, 20596.0, 20617.0, 20601.0, 20618.0, 20584.0, 20626.0, 20628.0, 20620.0, 20658.0, 20596.0, 20561.0, 20587.0, 20585.0, 20609.0, 20593.0, 20597.0, 20566.0, 20599.0, 20610.0, 20610.0, 20601.0, 20588.0, 20592.0, 20582.0, 20632.0, 20624.0, 20603.0, 20652.0, 20663.0, 20651.0, 20669.0, 20626.0, 20619.0, 20640.0, 20603.0, 20653.0, 20567.0, 20580.0, 20622.0, 20582.0, 20625.0, 20577.0, 20572.0, 20585.0, 20617.0, 20606.0, 20589.0, 20622.0, 20586.0, 20625.0, 20608.0, 20588.0, 20605.0, 20614.0, 20609.0, 20621.0, 20611.0, 20638.0, 20584.0, 20583.0, 20576.0, 20547.0, 20590.0, 20592.0, 20603.0, 20593.0, 20557.0, 20568.0, 20590.0, 20592.0, 20630.0, 20595.0, 20600.0, 20600.0, 20603.0, 20629.0, 20596.0, 20595.0, 20549.0, 20563.0, 20587.0, 20614.0, 20558.0, 20584.0, 20603.0, 20609.0, 20602.0, 20614.0, 20629.0, 20593.0, 20583.0, 20580.0, 20583.0, 20595.0, 20597.0, 20572.0, 20591.0, 20585.0, 20569.0, 20585.0, 20610.0, 20595.0, 20596.0, 20555.0, 20580.0, 20612.0, 20588.0, 20599.0, 20589.0, 20545.0, 20553.0, 20616.0, 20576.0, 20640.0, 20568.0, 20595.0, 20572.0, 20596.0, 20593.0, 20577.0, 20586.0, 20592.0, 20593.0, 20590.0, 20578.0, 20584.0, 20565.0, 20566.0, 20586.0, 20588.0, 20634.0]}, "slices": {}}}