{
    "AcquisitionMatrixPE": 128,
    "AcquisitionNumber": 1,
    "AcquisitionTime": "16:27:48.285000",
    "BandwidthPerPixelPhaseEncode": 21.701,
    "BaseResolution": 128,
    "BodyPartExamined": "BRAIN",
    "ConsistencyInfo": "N4_VD11D_LATEST_20110129",
    "ConversionSoftware": "dcm2niix",
    "ConversionSoftwareVersion": "v1.0.20210317",
    "DerivedVendorReportedEchoSpacing": 0.000720013,
    "DeviceSerialNumber": "45239",
    "DwellTime": 2e-06,
    "EchoTime": 0.03,
    "EchoTrainLength": 63,
    "EffectiveEchoSpacing": 0.000360006,
    "FlipAngle": 63,
    "ImageComments": "Unaliased MB4/PE3",
    "ImageOrientationPatientDICOM": [
        1,
        0,
        0,
        0,
        1,
        0
    ],
    "ImageType": [
        "ORIGINAL",
        "PRIMARY",
        "M",
        "ND",
        "NORM",
        "MOSAIC"
    ],
    "ImagingFrequency": 123.193,
    "InPlanePhaseEncodingDirectionDICOM": "COL",
    "InstitutionAddress": "E 24th St. 100,Austin,Southmiddle,US,78712",
    "InstitutionName": "Univ of Texas at Austin",
    "InstitutionalDepartmentName": "IRC",
    "MRAcquisitionType": "2D",
    "MagneticFieldStrength": 3,
    "Manufacturer": "Siemens",
    "ManufacturersModelName": "Skyra",
    "Modality": "MR",
    "MultibandAccelerationFactor": 4,
    "ParallelReductionFactorInPlane": 2,
    "PartialFourier": 1,
    "PatientPosition": "HFS",
    "PercentPhaseFOV": 100,
    "PercentSampling": 100,
    "PhaseEncodingDirection": "j-",
    "PhaseEncodingSteps": 127,
    "PhaseResolution": 1,
    "PixelBandwidth": 1955,
    "ProcedureStepDescription": "Poldrack2^self-scanning",
    "ProtocolName": "retinotopy fMRI MBEPI_matrix128_BW1954",
    "PulseSequenceDetails": "%CustomerSeq%\\cmrr_mbep2d_bold",
    "ReceiveCoilActiveElements": "HEA;HEP",
    "ReceiveCoilName": "Head_32",
    "ReconMatrixPE": 128,
    "RefLinesPE": 124,
    "RepetitionTime": 1.3,
    "SAR": 0.0697544,
    "ScanOptions": "FS",
    "ScanningSequence": "EP",
    "SequenceName": "epfid2d1_128",
    "SequenceVariant": "SK",
    "SeriesDescription": "retinotopy fMRI MBEPI_matrix128_BW1954",
    "SeriesNumber": 13,
    "ShimSetting": [
        -2777,
        8039,
        -15474,
        168,
        -258,
        188,
        256,
        -82
    ],
    "SliceThickness": 2,
    "SliceTiming": [
        0,
        0.275,
        0.5475,
        0.8225,
        1.0975,
        0.09,
        0.365,
        0.64,
        0.9125,
        1.1875,
        0.1825,
        0.4575,
        0.73,
        1.005,
        0,
        0.275,
        0.5475,
        0.8225,
        1.0975,
        0.09,
        0.365,
        0.64,
        0.9125,
        1.1875,
        0.1825,
        0.4575,
        0.73,
        1.005,
        0,
        0.275,
        0.5475,
        0.8225,
        1.0975,
        0.09,
        0.365,
        0.64,
        0.9125,
        1.1875,
        0.1825,
        0.4575,
        0.73,
        1.005,
        0,
        0.275,
        0.5475,
        0.8225,
        1.0975,
        0.09,
        0.365,
        0.64,
        0.9125,
        1.1875,
        0.1825,
        0.4575,
        0.73,
        1.005
    ],
    "SoftwareVersions": "syngo MR D11",
    "SpacingBetweenSlices": 2,
    "StationName": "AWP45239",
    "TaskName": "Retinotopic mapping",
    "TotalReadoutTime": 0.0457208,
    "TxRefAmp": 330.962,
    "WipMemBlock": "5707e614-aff1-4dda-a866-32dbc50ffc16||Sequence: VD11D r206; Feb 13 2013 18:52:04 by eja",
    "dcmmeta_affine": [
        [
            -2.0,
            0.0,
            0.0,
            128.0
        ],
        [
            0.0,
            2.0,
            0.0,
            -144.15980529785156
        ],
        [
            0.0,
            0.0,
            2.0,
            -16.259078979492188
        ],
        [
            0.0,
            0.0,
            0.0,
            1.0
        ]
    ],
    "dcmmeta_reorient_transform": [
        [
            0.0,
            -1.0,
            0.0,
            127.0
        ],
        [
            1.0,
            0.0,
            0.0,
            0.0
        ],
        [
            0.0,
            0.0,
            1.0,
            0.0
        ],
        [
            0.0,
            0.0,
            0.0,
            1.0
        ]
    ],
    "dcmmeta_shape": [
        128,
        128,
        56,
        200
    ],
    "dcmmeta_slice_dim": 2,
    "dcmmeta_version": 0.6,
    "global": {
        "const": {
            "AcquisitionMatrix": [
                128,
                0,
                0,
                128
            ],
            "AngioFlag": "N",
            "BitsAllocated": 16,
            "BitsStored": 16,
            "BodyPartExamined": "BRAIN",
            "Columns": 1024,
            "EchoNumbers": 1,
            "EchoTime": 30.0,
            "EchoTrainLength": 63,
            "FlipAngle": 63.0,
            "HighBit": 15,
            "ImageOrientationPatient": [
                1.0,
                0.0,
                0.0,
                0.0,
                1.0,
                0.0
            ],
            "ImagePositionPatient": [
                -1024.0,
                -1005.8401927948,
                -16.259078979492
            ],
            "ImageType": [
                "ORIGINAL",
                "PRIMARY",
                "M",
                "ND",
                "NORM",
                "MOSAIC"
            ],
            "ImagedNucleus": "1H",
            "ImagingFrequency": 123.193398,
            "InPlanePhaseEncodingDirection": "COL",
            "MRAcquisitionType": "2D",
            "MagneticFieldStrength": 3.0,
            "Manufacturer": "SIEMENS",
            "ManufacturerModelName": "Skyra",
            "Modality": "MR",
            "NumberOfAverages": 1.0,
            "NumberOfPhaseEncodingSteps": 127,
            "PercentPhaseFieldOfView": 100.0,
            "PercentSampling": 100.0,
            "PerformedProcedureStepStartTime": "153911.546000",
            "PhotometricInterpretation": "MONOCHROME2",
            "PixelBandwidth": 1955.0,
            "PixelRepresentation": 0,
            "PixelSpacing": [
                2.0,
                2.0
            ],
            "ProtocolName": "retinotopy fMRI MBEPI_matrix128_BW1954",
            "RepetitionTime": 1300.0,
            "Rows": 1024,
            "SAR": 0.06975442867273,
            "SamplesPerPixel": 1,
            "ScanOptions": "FS",
            "ScanningSequence": "EP",
            "SequenceName": "epfid2d1_128",
            "SequenceVariant": "SK",
            "SeriesDescription": "retinotopy fMRI MBEPI_matrix128_BW1954",
            "SeriesNumber": 13,
            "SeriesTime": "162903.562000",
            "SliceLocation": -16.259078979492,
            "SliceThickness": 2.0,
            "SmallestImagePixelValue": 0,
            "SoftwareVersions": "syngo MR D11",
            "SpacingBetweenSlices": 2.0,
            "SpecificCharacterSet": "ISO_IR 100",
            "StudyID": "1",
            "StudyTime": "153911.500000",
            "TransmitCoilName": "Body",
            "VariableFlipAngleFlag": "N",
            "WindowCenterWidthExplanation": "Algo1",
            "dBdt": 0.0
        },
