{"AcquisitionMatrixPE": 128, "AcquisitionNumber": 1, "AcquisitionTime": "07:59:25.332500", "BandwidthPerPixelPhaseEncode": 20.292, "BaseResolution": 128, "BodyPartExamined": "BRAIN", "ConsistencyInfo": "N4_VD11D_LATEST_20110129", "ConversionSoftware": "dcm2niix", "ConversionSoftwareVersion": "v1.0.20210317", "DerivedVendorReportedEchoSpacing": 0.000770008, "DeviceSerialNumber": "45239", "DiffusionScheme": "Monopolar", "DwellTime": 2.4e-06, "EchoTime": 0.092, "EchoTrainLength": 51, "EffectiveEchoSpacing": 0.000385004, "FlipAngle": 90, "ImageComments": "Unaliased MB3/PE3", "ImageOrientationPatientDICOM": [1, -1e-16, 0, 1e-16, 1, 0], "ImageType": ["ORIGINAL", "PRIMARY", "DIFFUSION", "NONE", "ND", "NORM", "MOSAIC"], "ImagingFrequency": 123.193, "InPlanePhaseEncodingDirectionDICOM": "ROW", "InstitutionAddress": "E 24th St. 100,Austin,Southmiddle,US,78712", "InstitutionName": "Univ of Texas at Austin", "InstitutionalDepartmentName": "IRC", "MRAcquisitionType": "2D", "MagneticFieldStrength": 3, "Manufacturer": "Siemens", "ManufacturersModelName": "Skyra", "Modality": "MR", "MultibandAccelerationFactor": 3, "ParallelReductionFactorInPlane": 2, "PartialFourier": 0.75, "PatientPosition": "HFS", "PercentPhaseFOV": 100, "PercentSampling": 100, "PhaseEncodingDirection": "i-", "PhaseEncodingSteps": 102, "PhaseResolution": 1, "PixelBandwidth": 1630, "ProcedureStepDescription": "Poldrack2^self-scanning", "ProtocolName": "MBEPI with MDDW L-R", "PulseSequenceDetails": "%CustomerSeq%\\cmrr_mbep2d_diff", "ReceiveCoilActiveElements": "HEA;HEP", "ReceiveCoilName": "Head_32", "ReconMatrixPE": 128, "RefLinesPE": 76, "RepetitionTime": 5, "SAR": 0.138003, "ScanOptions": "PFP\\FS", "ScanningSequence": "EP", "SequenceName": "ep_b5#1", "SequenceVariant": "SK", "SeriesDescription": "MBEPI with MDDW L-R", "SeriesNumber": 17, "ShimSetting": [-2784, 8076, -15478, 121, -235, 214, 161, -67], "SliceThickness": 1.7, "SliceTiming": [0, 3.64, 2.3, 0.96, 4.5975, 3.2575, 1.9175, 0.575, 4.215, 2.875, 1.5325, 0.1925, 3.8325, 2.49, 1.15, 4.79, 3.4475, 2.1075, 0.7675, 4.405, 3.065, 1.725, 0.385, 4.0225, 2.6825, 1.3425, 0, 3.64, 2.3, 0.96, 4.5975, 3.2575, 1.9175, 0.575, 4.215, 2.875, 1.5325, 0.1925, 3.8325, 2.49, 1.15, 4.79, 3.4475, 2.1075, 0.7675, 4.405, 3.065, 1.725, 0.385, 4.0225, 2.6825, 1.3425, 0, 3.64, 2.3, 0.96, 4.5975, 3.2575, 1.9175, 0.575, 4.215, 2.875, 1.5325, 0.1925, 3.8325, 2.49, 1.15, 4.79, 3.4475, 2.1075, 0.7675, 4.405, 3.065, 1.725, 0.385, 4.0225, 2.6825, 1.3425], "SoftwareVersions": "syngo MR D11", "SpacingBetweenSlices": 1.7, "StationName": "AWP45239", "TotalReadoutTime": 0.0488955, "TxRefAmp": 338.78, "WipMemBlock": "fd8d4884-e552-4dda-a25a-5fa20bdfe321||Sequence: VD11D r195; Nov 21 2012 15:37:02 by eja", "dcmmeta_affine": [[-1.7421875, 1.7421875567777916e-16, 0.0, 111.5], [1.7421875567777916e-16, 1.7421875, 0.0, -121.86434936523438], [0.0, 0.0, 1.7000000476837158, -22.471792221069336], [0.0, 0.0, 0.0, 1.0]], "dcmmeta_reorient_transform": [[0.0, -1.0, 0.0, 127.0], [1.0, 0.0, 0.0, 0.0], [0.0, 0.0, 1.0, 0.0], [0.0, 0.0, 0.0, 1.0]], "dcmmeta_shape": [128, 128, 78, 64], "dcmmeta_slice_dim": 2, "dcmmeta_version": 0.6, "global": {"const": {"AcquisitionMatrix": [0, 128, 128, 0], "AngioFlag": "N", "BitsAllocated": 16, "BitsStored": 16, "BodyPartExamined": "BRAIN", "Columns": 1152, "EchoNumbers": 1, "EchoTime": 92.0, "EchoTrainLength": 51, "FlipAngle": 90.0, "HighBit": 15, "ImageOrientationPatient": [1.0, -1e-16, 0.0, 1e-16, 1.0, 0.0], "ImagePositionPatient": [-1003.5, -991.39346218109, -22.471792221069], "ImageType": ["ORIGINAL", "PRIMARY", "DIFFUSION", "NONE", "ND", "NORM", "MOSAIC"], "ImagedNucleus": "1H", "ImagingFrequency": 123.19334, "InPlanePhaseEncodingDirection": "ROW", "MRAcquisitionType": "2D", "MagneticFieldStrength": 3.0, "Manufacturer": "SIEMENS", "ManufacturerModelName": "Skyra", "Modality": "MR", "NumberOfAverages": 1.0, "NumberOfPhaseEncodingSteps": 102, "PercentPhaseFieldOfView": 100.0, "PercentSampling": 100.0, "PerformedProcedureStepStartTime": "071138.937000", "PhotometricInterpretation": "MONOCHROME2", "PixelBandwidth": 1630.0, "PixelRepresentation": 0, "PixelSpacing": [1.7421875, 1.7421875], "ProtocolName": "MBEPI with MDDW L-R", "RepetitionTime": 5000.0, "Rows": 1152, "SAR": 0.13800316959011, "SamplesPerPixel": 1, "ScanOptions": ["PFP", "FS"], "ScanningSequence": "EP", "SequenceVariant": "SK", "SeriesDescription": "MBEPI with MDDW L-R", "SeriesNumber": 17, "SeriesTime": "080057.750000", "SliceLocation": -22.471792221069, "SliceThickness": 1.7000000476837, "SmallestImagePixelValue": 0, "SoftwareVersions": "syngo MR D11", "SpacingBetweenSlices": 1.6999999950458, "SpecificCharacterSet": "ISO_IR 100", "StudyID": "1", "StudyTime": "071138.828000", "TransmitCoilName": "Body", "VariableFlipAngleFlag": "N", "WindowCenterWidthExplanation": "Algo1", "dBdt": 0.0}, "slices": {}}, "time": {"samples": {"AcquisitionNumber": [1, 2, 3, 4, 5, 6, 7, 8, 9, 10, 11, 12, 13, 14, 15, 16, 17, 18, 19, 20, 21, 22, 23, 24, 25, 26, 27, 28, 29, 30, 31, 32, 33, 34, 35, 36, 37, 38, 39, 40, 41, 42, 43, 44, 45, 46, 47, 48, 49, 50, 51, 52, 53, 54, 55, 56, 57, 58, 59, 60, 61, 62, 63, 64], "AcquisitionTime": ["075925.332500", "080055.332500", "080100.332500", "080105.332500", "080110.332500", "080115.335000", "080120.335000", "080125.335000", "080130.335000", "080135.335000", "080140.335000", "080145.335000", "080150.335000", "080155.335000", "080200.335000", "080205.335000", "080210.335000", "080215.335000", "080220.335000", "080225.335000", "080230.335000", "080235.335000", "080240.335000", "080245.335000", "080250.335000", "080255.335000", "080300.335000", "080305.335000", "080310.335000", "080315.335000", "080320.335000", "080325.335000", "080330.335000", "080335.335000", "080340.335000", "080345.335000", "080350.335000", "080355.335000", "080400.335000", "080405.335000", "080410.335000", "080415.335000", "080420.335000", "080425.335000", "080430.335000", "080435.335000", "080440.335000", "080445.335000", "080450.335000", "080455.335000", "080500.335000", "080505.335000", "080510.335000", "080515.335000", "080520.335000", "080525.335000", "080530.335000", "080535.335000", "080540.335000", "080545.335000", "080550.335000", "080555.335000", "080600.335000", "080605.335000"], "ContentTime": ["080057.750000", "080107.156000", "080107.171000", "080112.156000", "080117.156000", "080122.156000", "080127.156000", "080132.156000", "080137.156000", "080142.156000", "080147.156000", "080152.156000", "080157.156000", "080202.156000", "080207.156000", "080212.156000", "080217.156000", "080222.156000", "080227.156000", "080232.156000", "080237.156000", "080242.156000", "080247.156000", "080252.156000", "080257.156000", "080302.156000", "080307.156000", "080312.156000", "080317.156000", "080322.156000", "080327.156000", "080332.156000", "080337.156000", "080342.156000", "080347.156000", "080352.156000", "080357.156000", "080402.156000", "080407.156000", "080412.156000", "080417.156000", "080422.156000", "080427.156000", "080432.156000", "080437.156000", "080442.156000", "080447.156000", "080452.156000", "080457.156000", "080502.156000", "080507.156000", "080512.156000", "080517.156000", "080522.156000", "080527.156000", "080532.156000", "080537.156000", "080542.156000", "080547.156000", "080552.156000", "080557.156000", "080602.156000", "080607.156000", "080611.171000"], "InstanceCreationTime": ["080057.750000", "080107.156000", "080107.171000", "080112.156000", "080117.156000", "080122.156000", "080127.156000", "080132.156000", "080137.156000", "080142.156000", "080147.156000", "080152.156000", "080157.156000", "080202.156000", "080207.156000", "080212.156000", "080217.156000", "080222.156000", "080227.156000", "080232.156000", "080237.156000", "080242.156000", "080247.156000", "080252.156000", "080257.156000", "080302.156000", "080307.156000", "080312.156000", "080317.156000", "080322.156000", "080327.156000", "080332.156000", "080337.156000", "080342.156000", "080347.156000", "080352.156000", "080357.156000", "080402.156000", "080407.156000", "080412.156000", "080417.156000", "080422.156000", "080427.156000", "080432.156000", "080437.156000", "080442.156000", "080447.156000", "080452.156000", "080457.156000", "080502.156000", "080507.156000", "080512.156000", "080517.156000", "080522.156000", "080527.156000", "080532.156000", "080537.156000", "080542.156000", "080547.156000", "080552.156000", "080557.156000", "080602.156000", "080607.156000", "080611.171000"], "InstanceNumber": [1, 2, 3, 4, 5, 6, 7, 8, 9, 10, 11, 12, 13, 14, 15, 16, 17, 18, 19, 20, 21, 22, 23, 24, 25, 26, 27, 28, 29, 30, 31, 32, 33, 34, 35, 36, 37, 38, 39, 40, 41, 42, 43, 44, 45, 46, 47, 48, 49, 50, 51, 52, 53, 54, 55, 56, 57, 58, 59, 60, 61, 62, 63, 64], "LargestImagePixelValue": [57097, 25300, 25148, 25991, 21936, 22179, 22547, 24237, 25229, 24091, 21418, 21115, 24037, 23303, 27230, 23716, 56693, 23363, 20752, 24147, 25517, 26428, 25649, 23225, 20598, 21799, 21891, 25870, 23715, 24118, 24709, 25166, 57368, 13504, 13171, 14715, 11886, 10674, 12250, 11584, 15452, 14798, 11900, 10766, 12574, 11186, 14102, 14018, 58274, 11785, 9867, 13385, 13647, 15851, 14722, 11552, 9668, 10175, 11368, 14854, 13748, 12585, 13767, 13776], "SequenceName": ["ep_b5#1", "ep_b995#2", "ep_b995#3", "ep_b995#4", "ep_b995#5", "ep_b1000#6", "ep_b1000#7", "ep_b995#8", "ep_b995#9", "ep_b995#10", "ep_b1000#11", "ep_b1000#12", "ep_b1005#13", "ep_b1005#14", "ep_b1000#15", "ep_b1005#16", "ep_b5#17", "ep_b1005#18", "ep_b1000#19", "ep_b1005#20", "ep_b1005#21", "ep_b995#22", "ep_b1005#23", "ep_b1000#24", "ep_b1000#25", "ep_b1000#26", "ep_b995#27", "ep_b995#28", "ep_b995#29", "ep_b1000#30", "ep_b1005#31", "ep_b1000#32", "ep_b5#1", "ep_b1990#2", "ep_b1990#3", "ep_b1990#4", "ep_b1995#5", "ep_b1995#6", "ep_b2000#7", "ep_b1995#8", "ep_b1990#9", "ep_b1995#10", "ep_b2000#11", "ep_b2000#12", "ep_b2010#13", "ep_b2005#14", "ep_b2000#15", "ep_b2005#16", "ep_b5#17", "ep_b2005#18", "ep_b2005#19", "ep_b2005#20", "ep_b2010#21", "ep_b1990#22", "ep_b2010#23", "ep_b2000#24", "ep_b2000#25", "ep_b1995#26", "ep_b1995#27", "ep_b1995#28", "ep_b1995#29", "ep_b2000#30", "ep_b2005#31", "ep_b2000#32"], "WindowCenter": [7434.0, 3287.0, 3301.0, 3332.0, 3275.0, 3298.0, 3321.0, 3319.0, 3315.0, 3328.0, 3335.0, 3313.0, 3337.0, 3308.0, 3366.0, 3340.0, 7420.0, 3346.0, 3343.0, 3346.0, 3348.0, 3340.0, 3327.0, 3327.0, 3327.0, 3283.0, 3282.0, 3350.0, 3313.0, 3332.0, 3374.0, 3376.0, 7445.0, 2165.0, 2164.0, 2228.0, 2150.0, 2151.0, 2214.0, 2187.0, 2232.0, 2247.0, 2202.0, 2185.0, 2245.0, 2218.0, 2262.0, 2245.0, 7423.0, 2247.0, 2204.0, 2239.0, 2241.0, 2262.0, 2228.0, 2197.0, 2157.0, 2139.0, 2150.0, 2253.0, 2195.0, 2208.0, 2273.0, 2274.0], "WindowWidth": [16392.0, 7583.0, 7608.0, 7671.0, 7556.0, 7591.0, 7650.0, 7642.0, 7657.0, 7679.0, 7671.0, 7617.0, 7686.0, 7626.0, 7741.0, 7696.0, 16351.0, 7692.0, 7681.0, 7691.0, 7702.0, 7701.0, 7674.0, 7644.0, 7644.0, 7559.0, 7559.0, 7708.0, 7622.0, 7660.0, 7745.0, 7746.0, 16411.0, 5287.0, 5281.0, 5420.0, 5253.0, 5258.0, 5392.0, 5339.0, 5436.0, 5471.0, 5373.0, 5337.0, 5456.0, 5404.0, 5499.0, 5463.0, 16334.0, 5462.0, 5385.0, 5438.0, 5440.0, 5494.0, 5423.0, 5353.0, 5286.0, 5237.0, 5251.0, 5461.0, 5347.0, 5370.0, 5516.0, 5521.0]}, "slices": {}}}