{"AcquisitionMatrixPE": 128, "AcquisitionNumber": 1, "AcquisitionTime": "07:46:32.772500", "BandwidthPerPixelPhaseEncode": 20.292, "BaseResolution": 128, "BodyPartExamined": "BRAIN", "ConsistencyInfo": "N4_VD11D_LATEST_20110129", "ConversionSoftware": "dcm2niix", "ConversionSoftwareVersion": "v1.0.20210317", "DerivedVendorReportedEchoSpacing": 0.000770008, "DeviceSerialNumber": "45239", "DiffusionScheme": "Monopolar", "DwellTime": 2.4e-06, "EchoTime": 0.092, "EchoTrainLength": 51, "EffectiveEchoSpacing": 0.000385004, "FlipAngle": 90, "ImageComments": "Unaliased MB3/PE3", "ImageOrientationPatientDICOM": [1, 2.05103e-10, 0, -2.05103e-10, 1, 0], "ImageType": ["ORIGINAL", "PRIMARY", "DIFFUSION", "NONE", "ND", "NORM", "MOSAIC"], "ImagingFrequency": 123.193, "InPlanePhaseEncodingDirectionDICOM": "ROW", "InstitutionAddress": "E 24th St. 100,Austin,Southmiddle,US,78712", "InstitutionName": "Univ of Texas at Austin", "InstitutionalDepartmentName": "IRC", "MRAcquisitionType": "2D", "MagneticFieldStrength": 3, "Manufacturer": "Siemens", "ManufacturersModelName": "Skyra", "Modality": "MR", "MultibandAccelerationFactor": 3, "ParallelReductionFactorInPlane": 2, "PartialFourier": 0.75, "PatientPosition": "HFS", "PercentPhaseFOV": 100, "PercentSampling": 100, "PhaseEncodingDirection": "i-", "PhaseEncodingSteps": 102, "PhaseResolution": 1, "PixelBandwidth": 1630, "ProcedureStepDescription": "Poldrack2^self-scanning", "ProtocolName": "MBEPI with MDDW L-R", "PulseSequenceDetails": "%CustomerSeq%\\cmrr_mbep2d_diff", "ReceiveCoilActiveElements": "HEA;HEP", "ReceiveCoilName": "Head_32", "ReconMatrixPE": 128, "RefLinesPE": 76, "RepetitionTime": 5, "SAR": 0.154904, "ScanOptions": "PFP\\FS", "ScanningSequence": "EP", "SequenceName": "ep_b5#1", "SequenceVariant": "SK", "SeriesDescription": "MBEPI with MDDW L-R", "SeriesNumber": 17, "ShimSetting": [-2779, 8040, -15454, 30, -178, -116, 192, -103], "SliceThickness": 1.7, "SliceTiming": [0, 3.6525, 2.3075, 0.96, 4.615, 3.2675, 1.9225, 0.575, 4.23, 2.8825, 1.5375, 0.19, 3.845, 2.4975, 1.1525, 4.805, 3.46, 2.115, 0.7675, 4.4225, 3.075, 1.73, 0.3825, 4.0375, 2.69, 1.345, 0, 3.6525, 2.3075, 0.96, 4.615, 3.2675, 1.9225, 0.575, 4.23, 2.8825, 1.5375, 0.19, 3.845, 2.4975, 1.1525, 4.805, 3.46, 2.115, 0.7675, 4.4225, 3.075, 1.73, 0.3825, 4.0375, 2.69, 1.345, 0, 3.6525, 2.3075, 0.96, 4.615, 3.2675, 1.9225, 0.575, 4.23, 2.8825, 1.5375, 0.19, 3.845, 2.4975, 1.1525, 4.805, 3.46, 2.115, 0.7675, 4.4225, 3.075, 1.73, 0.3825, 4.0375, 2.69, 1.345], "SoftwareVersions": "syngo MR D11", "SpacingBetweenSlices": 1.7, "StationName": "AWP45239", "TotalReadoutTime": 0.0488955, "TxRefAmp": 348.798, "WipMemBlock": "2e668d8b-76b8-4ac0-9b3f-815011bfa7ee||Sequence: VD11D r154; May 23 2012 22:28:10 by eja", "dcmmeta_affine": [[-1.7421875, -3.573285833891049e-10, 0.0, 111.5], [-3.573285833891049e-10, 1.7421875, 0.0, -120.04837036132812], [0.0, 0.0, 1.7000000476837158, -3.1013317108154297], [0.0, 0.0, 0.0, 1.0]], "dcmmeta_reorient_transform": [[0.0, -1.0, 0.0, 127.0], [1.0, 0.0, 0.0, 0.0], [0.0, 0.0, 1.0, 0.0], [0.0, 0.0, 0.0, 1.0]], "dcmmeta_shape": [128, 128, 78, 64], "dcmmeta_slice_dim": 2, "dcmmeta_version": 0.6, "global": {"const": {"AcquisitionMatrix": [0, 128, 128, 0], "AngioFlag": "N", "BitsAllocated": 16, "BitsStored": 16, "BodyPartExamined": "BRAIN", "Columns": 1152, "EchoNumbers": 1, "EchoTime": 92.0, "EchoTrainLength": 51, "FlipAngle": 90.0, "HighBit": 15, "ImageOrientationPatient": [1.0, 2.051034e-10, 0.0, -2.051034e-10, 1.0, 0.0], "ImagePositionPatient": [-1003.4999997942, -993.20944329817, -3.1013317108154], "ImageType": ["ORIGINAL", "PRIMARY", "DIFFUSION", "NONE", "ND", "NORM", "MOSAIC"], "ImagedNucleus": "1H", "ImagingFrequency": 123.19335, "InPlanePhaseEncodingDirection": "ROW", "MRAcquisitionType": "2D", "MagneticFieldStrength": 3.0, "Manufacturer": "SIEMENS", "ManufacturerModelName": "Skyra", "Modality": "MR", "NumberOfAverages": 1.0, "NumberOfPhaseEncodingSteps": 102, "PercentPhaseFieldOfView": 100.0, "PercentSampling": 100.0, "PerformedProcedureStepStartTime": "070620.875000", "PhotometricInterpretation": "MONOCHROME2", "PixelBandwidth": 1630.0, "PixelRepresentation": 0, "PixelSpacing": [1.7421875, 1.7421875], "ProtocolName": "MBEPI with MDDW L-R", "RepetitionTime": 5000.0, "Rows": 1152, "SAR": 0.15490432004189, "SamplesPerPixel": 1, "ScanOptions": ["PFP", "FS"], "ScanningSequence": "EP", "SequenceVariant": "SK", "SeriesDescription": "MBEPI with MDDW L-R", "SeriesNumber": 17, "SeriesTime": "074808.187000", "SliceLocation": -3.1013317108154, "SliceThickness": 1.7000000476837, "SmallestImagePixelValue": 0, "SoftwareVersions": "syngo MR D11", "SpacingBetweenSlices": 1.6999999950458, "SpecificCharacterSet": "ISO_IR 100", "StudyID": "1", "StudyTime": "070620.843000", "TransmitCoilName": "Body", "VariableFlipAngleFlag": "N", "WindowCenterWidthExplanation": "Algo1", "dBdt": 0.0}, "slices": {}}, "time": {"samples": {"AcquisitionNumber": [1, 2, 3, 4, 5, 6, 7, 8, 9, 10, 11, 12, 13, 14, 15, 16, 17, 18, 19, 20, 21, 22, 23, 24, 25, 26, 27, 28, 29, 30, 31, 32, 33, 34, 35, 36, 37, 38, 39, 40, 41, 42, 43, 44, 45, 46, 47, 48, 49, 50, 51, 52, 53, 54, 55, 56, 57, 58, 59, 60, 61, 62, 63, 64], "AcquisitionTime": ["074632.772500", "074802.772500", "074807.772500", "074812.772500", "074817.772500", "074822.772500", "074827.772500", "074832.772500", "074837.772500", "074842.772500", "074847.772500", "074852.772500", "074857.772500", "074902.772500", "074907.772500", "074912.772500", "074917.772500", "074922.772500", "074927.772500", "074932.772500", "074937.772500", "074942.772500", "074947.772500", "074952.772500", "074957.772500", "075002.772500", "075007.772500", "075012.772500", "075017.772500", "075022.772500", "075027.772500", "075032.772500", "075037.772500", "075042.772500", "075047.772500", "075052.772500", "075057.772500", "075102.772500", "075107.772500", "075112.772500", "075117.772500", "075122.772500", "075127.772500", "075132.772500", "075137.772500", "075142.772500", "075147.772500", "075152.772500", "075157.772500", "075202.772500", "075207.772500", "075212.772500", "075217.772500", "075222.772500", "075227.772500", "075232.772500", "075237.772500", "075242.772500", "075247.772500", "075252.772500", "075257.772500", "075302.772500", "075307.772500", "075312.772500"], "ContentTime": ["074808.187000", "074817.468000", "074817.484000", "074822.468000", "074827.468000", "074832.468000", "074837.468000", "074842.468000", "074847.468000", "074852.468000", "074857.468000", "074902.468000", "074907.468000", "074912.468000", "074917.468000", "074922.468000", "074927.468000", "074932.468000", "074937.468000", "074942.468000", "074947.468000", "074952.468000", "074957.468000", "075002.468000", "075007.468000", "075012.468000", "075017.468000", "075022.468000", "075027.468000", "075032.468000", "075037.468000", "075042.468000", "075047.468000", "075052.468000", "075057.468000", "075102.468000", "075107.468000", "075112.468000", "075117.468000", "075122.468000", "075127.468000", "075132.468000", "075137.468000", "075142.468000", "075147.468000", "075152.468000", "075157.468000", "075202.468000", "075207.468000", "075212.468000", "075217.468000", "075222.468000", "075227.468000", "075232.468000", "075237.468000", "075242.468000", "075247.468000", "075252.468000", "075257.468000", "075302.468000", "075307.484000", "075312.468000", "075317.484000", "075318.796000"], "InstanceCreationTime": ["074808.187000", "074817.468000", "074817.484000", "074822.468000", "074827.468000", "074832.468000", "074837.468000", "074842.468000", "074847.468000", "074852.468000", "074857.468000", "074902.468000", "074907.468000", "074912.468000", "074917.468000", "074922.468000", "074927.468000", "074932.468000", "074937.468000", "074942.468000", "074947.468000", "074952.468000", "074957.468000", "075002.468000", "075007.468000", "075012.468000", "075017.468000", "075022.468000", "075027.468000", "075032.468000", "075037.468000", "075042.468000", "075047.468000", "075052.468000", "075057.468000", "075102.468000", "075107.468000", "075112.468000", "075117.468000", "075122.468000", "075127.468000", "075132.468000", "075137.468000", "075142.468000", "075147.468000", "075152.468000", "075157.468000", "075202.468000", "075207.468000", "075212.468000", "075217.468000", "075222.468000", "075227.468000", "075232.468000", "075237.468000", "075242.468000", "075247.468000", "075252.468000", "075257.468000", "075302.468000", "075307.484000", "075312.468000", "075317.484000", "075318.796000"], "InstanceNumber": [1, 2, 3, 4, 5, 6, 7, 8, 9, 10, 11, 12, 13, 14, 15, 16, 17, 18, 19, 20, 21, 22, 23, 24, 25, 26, 27, 28, 29, 30, 31, 32, 33, 34, 35, 36, 37, 38, 39, 40, 41, 42, 43, 44, 45, 46, 47, 48, 49, 50, 51, 52, 53, 54, 55, 56, 57, 58, 59, 60, 61, 62, 63, 64], "LargestImagePixelValue": [65535, 28912, 29297, 32039, 26563, 24834, 26520, 27532, 29164, 29804, 25036, 24885, 28064, 26521, 29227, 27512, 65535, 24408, 23851, 26986, 28503, 32032, 28643, 26228, 24585, 25430, 26131, 27594, 28552, 27205, 27906, 26848, 65535, 14416, 15938, 16633, 12692, 12154, 13695, 14355, 16485, 15802, 12259, 11983, 15073, 14189, 14737, 15487, 65535, 13891, 12092, 14261, 16338, 16951, 17469, 11689, 10466, 11476, 13797, 16499, 15290, 15020, 16054, 16788], "SequenceName": ["ep_b5#1", "ep_b995#2", "ep_b995#3", "ep_b995#4", "ep_b995#5", "ep_b1000#6", "ep_b1000#7", "ep_b995#8", "ep_b995#9", "ep_b995#10", "ep_b1000#11", "ep_b1000#12", "ep_b1005#13", "ep_b1005#14", "ep_b1000#15", "ep_b1005#16", "ep_b5#17", "ep_b1005#18", "ep_b1000#19", "ep_b1005#20", "ep_b1005#21", "ep_b995#22", "ep_b1005#23", "ep_b1000#24", "ep_b1000#25", "ep_b1000#26", "ep_b995#27", "ep_b995#28", "ep_b995#29", "ep_b1000#30", "ep_b1005#31", "ep_b1000#32", "ep_b5#1", "ep_b1990#2", "ep_b1990#3", "ep_b1990#4", "ep_b1995#5", "ep_b1995#6", "ep_b2000#7", "ep_b1995#8", "ep_b1990#9", "ep_b1995#10", "ep_b2000#11", "ep_b2000#12", "ep_b2010#13", "ep_b2005#14", "ep_b2000#15", "ep_b2005#16", "ep_b5#17", "ep_b2005#18", "ep_b2005#19", "ep_b2005#20", "ep_b2010#21", "ep_b1990#22", "ep_b2010#23", "ep_b2000#24", "ep_b2000#25", "ep_b1995#26", "ep_b1995#27", "ep_b1995#28", "ep_b1995#29", "ep_b2000#30", "ep_b2005#31", "ep_b2000#32"], "WindowCenter": [8419.0, 3851.0, 3861.0, 3912.0, 3840.0, 3849.0, 3889.0, 3883.0, 3872.0, 3893.0, 3895.0, 3878.0, 3890.0, 3896.0, 3919.0, 3887.0, 8408.0, 3905.0, 3878.0, 3902.0, 3916.0, 3931.0, 3899.0, 3897.0, 3860.0, 3840.0, 3843.0, 3927.0, 3885.0, 3914.0, 3967.0, 3986.0, 8429.0, 2539.0, 2564.0, 2640.0, 2513.0, 2513.0, 2594.0, 2560.0, 2603.0, 2619.0, 2578.0, 2547.0, 2614.0, 2603.0, 2622.0, 2617.0, 8401.0, 2631.0, 2579.0, 2625.0, 2650.0, 2658.0, 2639.0, 2565.0, 2531.0, 2512.0, 2533.0, 2665.0, 2604.0, 2621.0, 2712.0, 2726.0], "WindowWidth": [18398.0, 8686.0, 8699.0, 8797.0, 8659.0, 8666.0, 8757.0, 8741.0, 8734.0, 8769.0, 8760.0, 8719.0, 8753.0, 8771.0, 8825.0, 8757.0, 18365.0, 8780.0, 8723.0, 8775.0, 8800.0, 8838.0, 8769.0, 8756.0, 8685.0, 8638.0, 8653.0, 8819.0, 8737.0, 8792.0, 8897.0, 8937.0, 18423.0, 6069.0, 6109.0, 6268.0, 6017.0, 6015.0, 6187.0, 6117.0, 6204.0, 6239.0, 6156.0, 6104.0, 6215.0, 6201.0, 6248.0, 6228.0, 18359.0, 6255.0, 6171.0, 6240.0, 6279.0, 6313.0, 6266.0, 6122.0, 6067.0, 6014.0, 6044.0, 6313.0, 6182.0, 6220.0, 6415.0, 6443.0]}, "slices": {}}}