{"AcquisitionMatrixPE": 96, "AcquisitionNumber": 1, "AcquisitionTime": "07:41:49.105000", "BandwidthPerPixelPhaseEncode": 33.602, "BaseResolution": 96, "BodyPartExamined": "BRAIN", "ConsistencyInfo": "N4_VD11D_LATEST_20110129", "ConversionSoftware": "dcm2niix", "ConversionSoftwareVersion": "v1.0.20210317", "DerivedVendorReportedEchoSpacing": 0.000620003, "DeviceSerialNumber": "45239", "DwellTime": 2.6e-06, "EchoTime": 0.03, "EchoTrainLength": 48, "EffectiveEchoSpacing": 0.000310001, "FlipAngle": 63, "ImageComments": "Unaliased MB4/PE3", "ImageOrientationPatientDICOM": [0.999718, -0.0213864, 0.0102926, 0.0237343, 0.900823, -0.433537], "ImageType": ["ORIGINAL", "PRIMARY", "M", "ND", "NORM", "MOSAIC"], "ImagingFrequency": 123.193, "InPlanePhaseEncodingDirectionDICOM": "COL", "InstitutionAddress": "E 24th St. 100,Austin,Southmiddle,US,78712", "InstitutionName": "Univ of Texas at Austin", "InstitutionalDepartmentName": "IRC", "MRAcquisitionType": "2D", "MagneticFieldStrength": 3, "Manufacturer": "Siemens", "ManufacturersModelName": "Skyra", "Modality": "MR", "MultibandAccelerationFactor": 4, "ParallelReductionFactorInPlane": 2, "PartialFourier": 1, "PatientPosition": "HFS", "PercentPhaseFOV": 100, "PercentSampling": 100, "PhaseEncodingDirection": "j-", "PhaseEncodingSteps": 96, "PhaseResolution": 1, "PixelBandwidth": 2005, "ProcedureStepDescription": "Poldrack2^self-scanning", "ProtocolName": "N-back fMRI MBEPI_matrix96_BW200", "PulseSequenceDetails": "%CustomerSeq%\\cmrr_mbep2d_bold", "ReceiveCoilActiveElements": "HEA;HEP", "ReceiveCoilName": "Head_32", "ReconMatrixPE": 96, "RefLinesPE": 94, "RepetitionTime": 1.16, "SAR": 0.0991547, "ScanOptions": "FS", "ScanningSequence": "EP", "SequenceName": "epfid2d1_96", "SequenceVariant": "SK", "SeriesDescription": "N-back fMRI MBEPI_matrix96_BW200", "SeriesNumber": 13, "ShimSetting": [-2732, 7731, -15364, 313, -109, -822, 649, -93], "SliceThickness": 2, "SliceTiming": [0, 0.5, 0.9975, 0.3575, 0.855, 0.215, 0.7125, 0.0725, 0.57, 1.0675, 0.4275, 0.9275, 0.285, 0.785, 0.1425, 0.6425, 0, 0.5, 0.9975, 0.3575, 0.855, 0.215, 0.7125, 0.0725, 0.57, 1.0675, 0.4275, 0.9275, 0.285, 0.785, 0.1425, 0.6425, 0, 0.5, 0.9975, 0.3575, 0.855, 0.215, 0.7125, 0.0725, 0.57, 1.0675, 0.4275, 0.9275, 0.285, 0.785, 0.1425, 0.6425, 0, 0.5, 0.9975, 0.3575, 0.855, 0.215, 0.7125, 0.0725, 0.57, 1.0675, 0.4275, 0.9275, 0.285, 0.785, 0.1425, 0.6425], "SoftwareVersions": "syngo MR D11", "SpacingBetweenSlices": 2.4, "StationName": "AWP45239", "TaskName": "N-back task", "TotalReadoutTime": 0.0294501, "TxRefAmp": 345.713, "WipMemBlock": "058cd6ca-93d4-4e83-8082-3192d40c239d||Sequence: VD11D r195; Nov 21 2012 15:36:10 by eja", "dcmmeta_affine": [[-2.395158290863037, 0.056863341480493546, -1.798489179805074e-08, 115.14268493652344], [0.05123825743794441, 2.158222198486328, -1.040781855583191, -91.0899658203125], [0.024659289047122, 1.038682222366333, 2.1625847816467285, -89.8741455078125], [0.0, 0.0, 0.0, 1.0]], "dcmmeta_reorient_transform": [[0.0, -1.0, 0.0, 95.0], [1.0, 0.0, 0.0, 0.0], [0.0, 0.0, 1.0, 0.0], [0.0, 0.0, 0.0, 1.0]], "dcmmeta_shape": [96, 96, 64, 380], "dcmmeta_slice_dim": 2, "dcmmeta_version": 0.6, "global": {"const": {"AcquisitionMatrix": [96, 0, 0, 96], "AngioFlag": "N", "BitsAllocated": 16, "BitsStored": 16, "BodyPartExamined": "BRAIN", "Columns": 768, "EchoNumbers": 1, "EchoTime": 30.0, "EchoTrainLength": 48, "FlipAngle": 63.0, "HighBit": 15, "ImageOrientationPatient": [0.99971830266926, -0.021386403241, 0.01029257326934, 0.02373426443125, 0.90082317741647, -0.4335369508141], "ImagePositionPatient": [-944.42398984861, -821.88771265258, 349.51237790138], "ImageType": ["ORIGINAL", "PRIMARY", "M", "ND", "NORM", "MOSAIC"], "ImagedNucleus": "1H", "ImagingFrequency": 123.193295, "InPlanePhaseEncodingDirection": "COL", "MRAcquisitionType": "2D", "MagneticFieldStrength": 3.0, "Manufacturer": "SIEMENS", "ManufacturerModelName": "Skyra", "Modality": "MR", "NumberOfAverages": 1.0, "NumberOfPhaseEncodingSteps": 96, "PercentPhaseFieldOfView": 100.0, "PercentSampling": 100.0, "PerformedProcedureStepStartTime": "070927.234000", "PhotometricInterpretation": "MONOCHROME2", "PixelBandwidth": 2005.0, "PixelRepresentation": 0, "PixelSpacing": [2.3958332538605, 2.3958332538605], "ProtocolName": "N-back fMRI MBEPI_matrix96_BW200", "RepetitionTime": 1160.0, "Rows": 768, "SAR": 0.09915469564206, "SamplesPerPixel": 1, "ScanOptions": "FS", "ScanningSequence": "EP", "SequenceName": "epfid2d1_96", "SequenceVariant": "SK", "SeriesDescription": "N-back fMRI MBEPI_matrix96_BW200", "SeriesNumber": 13, "SeriesTime": "074232.843000", "SliceLocation": -41.481534201531, "SliceThickness": 2.0, "SmallestImagePixelValue": 0, "SoftwareVersions": "syngo MR D11", "SpacingBetweenSlices": 2.399999980301, "SpecificCharacterSet": "ISO_IR 100", "StudyID": "1", "StudyTime": "070927.187000", "TransmitCoilName": "Body", "VariableFlipAngleFlag": "N", "WindowCenterWidthExplanation": "Algo1", "dBdt": 0.0}, "slices": {}}, "time": {"samples": {"AcquisitionNumber": [1, 2, 3, 4, 5, 6, 7, 8, 9, 10, 11, 12, 13, 14, 15, 16, 17, 18, 19, 20, 21, 22, 23, 24, 25, 26, 27, 28, 29, 30, 31, 32, 33, 34, 35, 36, 37, 38, 39, 40, 41, 42, 43, 44, 45, 46, 47, 48, 49, 50, 51, 52, 53, 54, 55, 56, 57, 58, 59, 60, 61, 62, 63, 64, 65, 66, 67, 68, 69, 70, 71, 72, 73, 74, 75, 76, 77, 78, 79, 80, 81, 82, 83, 84, 85, 86, 87, 88, 89, 90, 91, 92, 93, 94, 95, 96, 97, 98, 99, 100, 101, 102, 103, 104, 105, 106, 107, 108, 109, 110, 111, 112, 113, 114, 115, 116, 117, 118, 119, 120, 121, 122, 123, 124, 125, 126, 127, 128, 129, 130, 131, 132, 133, 134, 135, 136, 137, 138, 139, 140, 141, 142, 143, 144, 145, 146, 147, 148, 149, 150, 151, 152, 153, 154, 155, 156, 157, 158, 159, 160, 161, 162, 163, 164, 165, 166, 167, 168, 169, 170, 171, 172, 173, 174, 175, 176, 177, 178, 179, 180, 181, 182, 183, 184, 185, 186, 187, 188, 189, 190, 191, 192, 193, 194, 195, 196, 197, 198, 199, 200, 201, 202, 203, 204, 205, 206, 207, 208, 209, 210, 211, 212, 213, 214, 215, 216, 217, 218, 219, 220, 221, 222, 223, 224, 225, 226, 227, 228, 229, 230, 231, 232, 233, 234, 235, 236, 237, 238, 239, 240, 241, 242, 243, 244, 245, 246, 247, 248, 249, 250, 251, 252, 253, 254, 255, 256, 257, 258, 259, 260, 261, 262, 263, 264, 265, 266, 267, 268, 269, 270, 271, 272, 273, 274, 275, 276, 277, 278, 279, 280, 281, 282, 283, 284, 285, 286, 287, 288, 289, 290, 291, 292, 293, 294, 295, 296, 297, 298, 299, 300, 301, 302, 303, 304, 305, 306, 307, 308, 309, 310, 311, 312, 313, 314, 315, 316, 317, 318, 319, 320, 321, 322, 323, 324, 325, 326, 327, 328, 329, 330, 331, 332, 333, 334, 335, 336, 337, 338, 339, 340, 341, 342, 343, 344, 345, 346, 347, 348, 349, 350, 351, 352, 353, 354, 355, 356, 357, 358, 359, 360, 361, 362, 363, 364, 365, 366, 367, 368, 369, 370, 371, 372, 373, 374, 375, 376, 377, 378, 379, 380], "AcquisitionTime": ["074149.105000", "074218.105000", "074219.265000", "074220.425000", "074221.585000", "074222.745000", "074223.905000", "074225.065000", "074226.225000", "074227.385000", "074228.545000", "074229.705000", "074230.865000", "074232.025000", "074233.185000", "074234.345000", "074235.505000", "074236.665000", "074237.825000", "074238.985000", "074240.145000", "074241.305000", "074242.465000", "074243.625000", "074244.785000", "074245.945000", "074247.105000", "074248.265000", "074249.425000", "074250.585000", "074251.745000", "074252.905000", "074254.065000", "074255.225000", "074256.385000", "074257.545000", "074258.705000", "074259.865000", "074301.025000", "074302.185000", "074303.345000", "074304.505000", "074305.665000", "074306.825000", "074307.985000", "074309.145000", "074310.305000", "074311.465000", "074312.625000", "074313.785000", "074314.945000", "074316.105000", "074317.265000", "074318.425000", "074319.585000", "074320.745000", "074321.905000", "074323.065000", "074324.225000", "074325.385000", "074326.545000", "074327.705000", "074328.865000", "074330.025000", "074331.185000", "074332.345000", "074333.505000", "074334.665000", "074335.825000", "074336.985000", "074338.145000", "074339.305000", "074340.465000", "074341.625000", "074342.785000", "074343.945000", "074345.105000", "074346.265000", "074347.425000", "074348.585000", "074349.745000", "074350.905000", "074352.065000", "074353.225000", "074354.385000", "074355.545000", "074356.705000", "074357.867500", "074359.027500", "074400.187500", "074401.347500", "074402.507500", "074403.667500", "074404.827500", "074405.987500", "074407.147500", "074408.307500", "074409.467500", "074410.627500", "074411.787500", "074412.947500", "074414.107500", "074415.267500", "074416.427500", "074417.587500", "074418.747500", "074419.907500", "074421.067500", "074422.227500", "074423.387500", "074424.547500", "074425.707500", "074426.867500", "074428.027500", "074429.187500", "074430.347500", "074431.507500", "074432.667500", "074433.827500", "074434.987500", "074436.147500", "074437.307500", "074438.467500", "074439.627500", "074440.787500", "074441.947500", "074443.107500", "074444.267500", "074445.427500", "074446.587500", "074447.747500", "074448.907500", "074450.067500", "074451.227500", "074452.387500", "074453.547500", "074454.707500", "074455.867500", "074457.027500", "074458.187500", "074459.347500", "074500.507500", "074501.667500", "074502.827500", "074503.987500", "074505.147500", "074506.307500", "074507.467500", "074508.627500", "074509.787500", "074510.947500", "074512.107500", "074513.267500", "074514.427500", "074515.587500", "074516.747500", "074517.907500", "074519.067500", "074520.227500", "074521.387500", "074522.547500", "074523.707500", "074524.867500", "074526.027500", "074527.187500", "074528.347500", "074529.507500", "074530.667500", "074531.827500", "074532.987500", "074534.147500", "074535.307500", "074536.467500", "074537.627500", "074538.787500", "074539.947500", "074541.107500", "074542.267500", "074543.427500", "074544.587500", "074545.747500", "074546.907500", "074548.067500", "074549.227500", "074550.387500", "074551.547500", "074552.707500", "074553.867500", "074555.027500", "074556.187500", "074557.347500", "074558.507500", "074559.667500", "074600.827500", "074601.987500", "074603.147500", "074604.307500", "074605.467500", "074606.627500", "074607.787500", "074608.947500", "074610.107500", "074611.267500", "074612.427500", "074613.587500", "074614.747500", "074615.907500", "074617.067500", "074618.227500", "074619.387500", "074620.547500", "074621.707500", "074622.867500", "074624.027500", "074625.187500", "074626.347500", "074627.507500", "074628.667500", "074629.827500", "074630.987500", "074632.147500", "074633.307500", "074634.467500", "074635.627500", "074636.787500", "074637.947500", "074639.107500", "074640.267500", "074641.427500", "074642.587500", "074643.747500", "074644.907500", "074646.067500", "074647.227500", "074648.387500", "074649.547500", "074650.707500", "074651.867500", "074653.027500", "074654.187500", "074655.347500", "074656.507500", "074657.667500", "074658.827500", "074659.987500", "074701.147500", "074702.307500", "074703.467500", "074704.627500", "074705.787500", "074706.947500", "074708.107500", "074709.267500", "074710.427500", "074711.587500", "074712.747500", "074713.907500", "074715.067500", "074716.227500", "074717.387500", "074718.547500", "074719.707500", "074720.867500", "074722.027500", "074723.187500", "074724.347500", "074725.507500", "074726.667500", "074727.827500", "074728.987500", "074730.147500", "074731.307500", "074732.467500", "074733.627500", "074734.787500", "074735.947500", "074737.107500", "074738.267500", "074739.427500", "074740.587500", "074741.747500", "074742.907500", "074744.067500", "074745.227500", "074746.387500", "074747.547500", "074748.707500", "074749.867500", "074751.027500", "074752.187500", "074753.347500", "074754.507500", "074755.667500", "074756.827500", "074757.987500", "074759.147500", "074800.307500", "074801.467500", "074802.627500", "074803.787500", "074804.947500", "074806.107500", "074807.267500", "074808.427500", "074809.587500", "074810.747500", "074811.907500", "074813.067500", "074814.227500", "074815.387500", "074816.547500", "074817.707500", "074818.867500", "074820.027500", "074821.187500", "074822.347500", "074823.507500", "074824.667500", "074825.827500", "074826.987500", "074828.147500", "074829.307500", "074830.467500", "074831.627500", "074832.787500", "074833.947500", "074835.107500", "074836.267500", "074837.427500", "074838.587500", "074839.747500", "074840.907500", "074842.067500", "074843.227500", "074844.387500", "074845.547500", "074846.707500", "074847.870000", "074849.030000", "074850.190000", "074851.350000", "074852.510000", "074853.670000", "074854.830000", "074855.990000", "074857.150000", "074858.310000", "074859.470000", "074900.630000", "074901.790000", "074902.950000", "074904.110000", "074905.270000", "074906.430000", "074907.590000", "074908.750000", "074909.910000", "074911.070000", "074912.230000", "074913.390000", "074914.550000", "074915.710000", "074916.870000", "074918.030000", "074919.190000", "074920.350000", "074921.510000", "074922.670000", "074923.830000", "074924.990000", "074926.150000", "074927.310000", "074928.470000", "074929.630000", "074930.790000", "074931.950000", "074933.110000", "074934.270000", "074935.430000", "074936.590000"], "ContentTime": ["074232.843000", "074242.250000", "074242.250000", "074242.250000", "074242.250000", "074242.265000", "074242.265000", "074242.265000", "074242.265000", "074247.250000", "074247.250000", "074247.250000", "074247.265000", "074252.250000", "074252.250000", "074252.250000", "074252.265000", "074257.250000", "074257.250000", "074257.250000", "074257.265000", "074302.250000", "074302.250000", "074302.250000", "074302.250000", "074307.250000", "074307.250000", "074307.250000", "074307.250000", "074312.250000", "074312.250000", "074312.250000", "074312.265000", "074317.250000", "074317.250000", "074317.265000", "074317.265000", "074322.250000", "074322.250000", "074322.250000", "074322.250000", "074327.250000", "074327.250000", "074327.250000", "074327.250000", "074332.250000", "074332.250000", "074332.250000", "074332.250000", "074337.250000", "074337.250000", "074337.250000", "074337.250000", "074342.250000", "074342.250000", "074342.250000", "074342.250000", "074347.250000", "074347.250000", "074347.250000", "074347.250000", "074352.250000", "074352.265000", "074352.265000", "074352.265000", "074357.250000", "074357.250000", "074357.250000", "074402.250000", "074402.250000", "074402.250000", "074402.265000", "074407.250000", "074407.250000", "074407.265000", "074407.265000", "074407.265000", "074412.250000", "074412.250000", "074412.250000", "074412.250000", "074417.250000", "074417.250000", "074417.250000", "074417.250000", "074422.250000", "074422.250000", "074422.250000", "074422.250000", "074427.250000", "074427.250000", "074427.250000", "074427.250000", "074432.250000", "074432.250000", "074432.250000", "074432.250000", "074437.250000", "074437.250000", "074437.265000", "074437.265000", "074442.250000", "074442.250000", "074442.250000", "074447.250000", "074447.250000", "074447.250000", "074447.250000", "074452.250000", "074452.250000", "074452.250000", "074452.250000", "074457.250000", "074457.250000", "074457.250000", "074457.250000", "074457.265000", "074502.250000", "074502.250000", "074502.250000", "074507.250000", "074507.250000", "074507.265000", "074507.265000", "074512.250000", "074512.250000", "074512.250000", "074512.250000", "074517.250000", "074517.250000", "074517.250000", "074517.250000", "074522.250000", "074522.250000", "074522.250000", "074522.250000", "074527.250000", "074527.250000", "074527.265000", "074527.265000", "074532.250000", "074532.250000", "074532.250000", "074532.250000", "074537.250000", "074537.250000", "074537.265000", "074542.250000", "074542.250000", "074542.250000", "074542.265000", "074547.250000", "074547.250000", "074547.265000", "074547.265000", "074552.250000", "074552.250000", "074552.250000", "074552.265000", "074557.265000", "074557.265000", "074557.281000", "074557.281000", "074602.250000", "074602.250000", "074602.250000", "074602.250000", "074607.250000", "074607.250000", "074607.250000", "074607.250000", "074612.250000", "074612.250000", "074612.250000", "074612.250000", "074617.250000", "074617.250000", "074617.250000", "074617.250000", "074622.250000", "074622.250000", "074622.250000", "074622.250000", "074627.250000", "074627.250000", "074627.250000", "074627.265000", "074632.250000", "074632.250000", "074632.250000", "074632.250000", "074637.250000", "074637.250000", "074637.250000", "074637.265000", "074642.250000", "074642.250000", "074642.250000", "074642.250000", "074647.250000", "074647.250000", "074647.265000", "074647.265000", "074652.250000", "074652.250000", "074652.250000", "074652.265000", "074657.250000", "074657.250000", "074657.250000", "074657.250000", "074702.250000", "074702.250000", "074702.265000", "074707.250000", "074707.250000", "074707.265000", "074707.265000", "074712.250000", "074712.250000", "074712.250000", "074712.265000", "074717.250000", "074717.250000", "074717.250000", "074717.250000", "074722.250000", "074722.250000", "074722.250000", "074722.250000", "074727.250000", "074727.250000", "074727.250000", "074727.250000", "074727.265000", "074732.250000", "074732.265000", "074732.265000", "074737.250000", "074737.250000", "074737.250000", "074737.250000", "074737.265000", "074742.250000", "074742.250000", "074742.250000", "074742.250000", "074747.250000", "074747.265000", "074747.265000", "074747.265000", "074752.250000", "074752.250000", "074752.250000", "074752.250000", "074757.250000", "074757.250000", "074757.265000", "074757.265000", "074802.250000", "074802.250000", "074802.250000", "074802.265000", "074807.250000", "074807.250000", "074807.250000", "074807.250000", "074812.250000", "074812.250000", "074812.250000", "074812.265000", "074817.250000", "074817.250000", "074817.250000", "074817.265000", "074822.250000", "074822.250000", "074822.250000", "074822.250000", "074822.265000", "074827.250000", "074827.250000", "074827.265000", "074832.250000", "074832.250000", "074832.250000", "074832.250000", "074832.265000", "074837.250000", "074837.250000", "074837.250000", "074837.250000", "074842.250000", "074842.250000", "074842.250000", "074842.250000", "074847.250000", "074847.265000", "074847.265000", "074847.265000", "074852.250000", "074852.250000", "074852.250000", "074852.250000", "074857.250000", "074857.250000", "074857.250000", "074857.250000", "074902.250000", "074902.250000", "074902.250000", "074902.250000", "074907.250000", "074907.250000", "074907.250000", "074907.250000", "074912.250000", "074912.250000", "074912.265000", "074917.250000", "074917.250000", "074917.250000", "074917.250000", "074917.265000", "074922.250000", "074922.250000", "074922.250000", "074922.250000", "074927.250000", "074927.250000", "074927.250000", "074927.250000", "074932.250000", "074932.250000", "074932.250000", "074932.250000", "074937.250000", "074937.250000", "074937.250000", "074937.265000", "074942.250000", "074942.250000", "074942.250000", "074942.250000", "074947.250000", "074947.250000", "074947.265000", "074947.265000", "074947.265000", "074952.250000", "074952.250000", "074952.265000", "074952.265000", "074957.250000", "074957.250000", "074957.265000", "074957.265000", "075002.265000", "075002.281000", "075002.281000", "075002.281000", "075007.250000", "075007.250000", "075007.250000", "075007.265000", "075007.265000", "075012.250000", "075012.250000", "075012.265000", "075012.265000", "075017.250000", "075017.250000", "075017.250000", "075017.265000", "075017.265000", "075022.250000", "075022.250000", "075022.265000", "075022.265000", "075022.687000"], "InstanceCreationTime": ["074232.843000", "074242.250000", "074242.250000", "074242.250000", "074242.250000", "074242.265000", "074242.265000", "074242.265000", "074242.265000", "074247.250000", "074247.250000", "074247.250000", "074247.265000", "074252.250000", "074252.250000", "074252.250000", "074252.265000", "074257.250000", "074257.250000", "074257.250000", "074257.265000", "074302.250000", "074302.250000", "074302.250000", "074302.250000", "074307.250000", "074307.250000", "074307.250000", "074307.250000", "074312.250000", "074312.250000", "074312.250000", "074312.265000", "074317.250000", "074317.250000", "074317.265000", "074317.265000", "074322.250000", "074322.250000", "074322.250000", "074322.250000", "074327.250000", "074327.250000", "074327.250000", "074327.250000", "074332.250000", "074332.250000", "074332.250000", "074332.250000", "074337.250000", "074337.250000", "074337.250000", "074337.250000", "074342.250000", "074342.250000", "074342.250000", "074342.250000", "074347.250000", "074347.250000", "074347.250000", "074347.250000", "074352.250000", "074352.265000", "074352.265000", "074352.265000", "074357.250000", "074357.250000", "074357.250000", "074402.250000", "074402.250000", "074402.250000", "074402.265000", "074407.250000", "074407.250000", "074407.265000", "074407.265000", "074407.265000", "074412.250000", "074412.250000", "074412.250000", "074412.250000", "074417.250000", "074417.250000", "074417.250000", "074417.250000", "074422.250000", "074422.250000", "074422.250000", "074422.250000", "074427.250000", "074427.250000", "074427.250000", "074427.250000", "074432.250000", "074432.250000", "074432.250000", "074432.250000", "074437.250000", "074437.250000", "074437.265000", "074437.265000", "074442.250000", "074442.250000", "074442.250000", "074447.250000", "074447.250000", "074447.250000", "074447.250000", "074452.250000", "074452.250000", "074452.250000", "074452.250000", "074457.250000", "074457.250000", "074457.250000", "074457.250000", "074457.265000", "074502.250000", "074502.250000", "074502.250000", "074507.250000", "074507.250000", "074507.265000", "074507.265000", "074512.250000", "074512.250000", "074512.250000", "074512.250000", "074517.250000", "074517.250000", "074517.250000", "074517.250000", "074522.250000", "074522.250000", "074522.250000", "074522.250000", "074527.250000", "074527.250000", "074527.265000", "074527.265000", "074532.250000", "074532.250000", "074532.250000", "074532.250000", "074537.250000", "074537.250000", "074537.265000", "074542.250000", "074542.250000", "074542.250000", "074542.265000", "074547.250000", "074547.250000", "074547.265000", "074547.265000", "074552.250000", "074552.250000", "074552.250000", "074552.265000", "074557.265000", "074557.265000", "074557.281000", "074557.281000", "074602.250000", "074602.250000", "074602.250000", "074602.250000", "074607.250000", "074607.250000", "074607.250000", "074607.250000", "074612.250000", "074612.250000", "074612.250000", "074612.250000", "074617.250000", "074617.250000", "074617.250000", "074617.250000", "074622.250000", "074622.250000", "074622.250000", "074622.250000", "074627.250000", "074627.250000", "074627.250000", "074627.265000", "074632.250000", "074632.250000", "074632.250000", "074632.250000", "074637.250000", "074637.250000", "074637.250000", "074637.265000", "074642.250000", "074642.250000", "074642.250000", "074642.250000", "074647.250000", "074647.250000", "074647.265000", "074647.265000", "074652.250000", "074652.250000", "074652.250000", "074652.265000", "074657.250000", "074657.250000", "074657.250000", "074657.250000", "074702.250000", "074702.250000", "074702.265000", "074707.250000", "074707.250000", "074707.265000", "074707.265000", "074712.250000", "074712.250000", "074712.250000", "074712.265000", "074717.250000", "074717.250000", "074717.250000", "074717.250000", "074722.250000", "074722.250000", "074722.250000", "074722.250000", "074727.250000", "074727.250000", "074727.250000", "074727.250000", "074727.265000", "074732.250000", "074732.265000", "074732.265000", "074737.250000", "074737.250000", "074737.250000", "074737.250000", "074737.265000", "074742.250000", "074742.250000", "074742.250000", "074742.250000", "074747.250000", "074747.265000", "074747.265000", "074747.265000", "074752.250000", "074752.250000", "074752.250000", "074752.250000", "074757.250000", "074757.250000", "074757.265000", "074757.265000", "074802.250000", "074802.250000", "074802.250000", "074802.265000", "074807.250000", "074807.250000", "074807.250000", "074807.250000", "074812.250000", "074812.250000", "074812.250000", "074812.265000", "074817.250000", "074817.250000", "074817.250000", "074817.265000", "074822.250000", "074822.250000", "074822.250000", "074822.250000", "074822.265000", "074827.250000", "074827.250000", "074827.265000", "074832.250000", "074832.250000", "074832.250000", "074832.250000", "074832.265000", "074837.250000", "074837.250000", "074837.250000", "074837.250000", "074842.250000", "074842.250000", "074842.250000", "074842.250000", "074847.250000", "074847.265000", "074847.265000", "074847.265000", "074852.250000", "074852.250000", "074852.250000", "074852.250000", "074857.250000", "074857.250000", "074857.250000", "074857.250000", "074902.250000", "074902.250000", "074902.250000", "074902.250000", "074907.250000", "074907.250000", "074907.250000", "074907.250000", "074912.250000", "074912.250000", "074912.265000", "074917.250000", "074917.250000", "074917.250000", "074917.250000", "074917.265000", "074922.250000", "074922.250000", "074922.250000", "074922.250000", "074927.250000", "074927.250000", "074927.250000", "074927.250000", "074932.250000", "074932.250000", "074932.250000", "074932.250000", "074937.250000", "074937.250000", "074937.250000", "074937.265000", "074942.250000", "074942.250000", "074942.250000", "074942.250000", "074947.250000", "074947.250000", "074947.265000", "074947.265000", "074947.265000", "074952.250000", "074952.250000", "074952.265000", "074952.265000", "074957.250000", "074957.250000", "074957.265000", "074957.265000", "075002.265000", "075002.281000", "075002.281000", "075002.281000", "075007.250000", "075007.250000", "075007.250000", "075007.265000", "075007.265000", "075012.250000", "075012.250000", "075012.265000", "075012.265000", "075017.250000", "075017.250000", "075017.250000", "075017.265000", "075017.265000", "075022.250000", "075022.250000", "075022.265000", "075022.265000", "075022.687000"], "InstanceNumber": [1, 2, 3, 4, 5, 6, 7, 8, 9, 10, 11, 12, 13, 14, 15, 16, 17, 18, 19, 20, 21, 22, 23, 24, 25, 26, 27, 28, 29, 30, 31, 32, 33, 34, 35, 36, 37, 38, 39, 40, 41, 42, 43, 44, 45, 46, 47, 48, 49, 50, 51, 52, 53, 54, 55, 56, 57, 58, 59, 60, 61, 62, 63, 64, 65, 66, 67, 68, 69, 70, 71, 72, 73, 74, 75, 76, 77, 78, 79, 80, 81, 82, 83, 84, 85, 86, 87, 88, 89, 90, 91, 92, 93, 94, 95, 96, 97, 98, 99, 100, 101, 102, 103, 104, 105, 106, 107, 108, 109, 110, 111, 112, 113, 114, 115, 116, 117, 118, 119, 120, 121, 122, 123, 124, 125, 126, 127, 128, 129, 130, 131, 132, 133, 134, 135, 136, 137, 138, 139, 140, 141, 142, 143, 144, 145, 146, 147, 148, 149, 150, 151, 152, 153, 154, 155, 156, 157, 158, 159, 160, 161, 162, 163, 164, 165, 166, 167, 168, 169, 170, 171, 172, 173, 174, 175, 176, 177, 178, 179, 180, 181, 182, 183, 184, 185, 186, 187, 188, 189, 190, 191, 192, 193, 194, 195, 196, 197, 198, 199, 200, 201, 202, 203, 204, 205, 206, 207, 208, 209, 210, 211, 212, 213, 214, 215, 216, 217, 218, 219, 220, 221, 222, 223, 224, 225, 226, 227, 228, 229, 230, 231, 232, 233, 234, 235, 236, 237, 238, 239, 240, 241, 242, 243, 244, 245, 246, 247, 248, 249, 250, 251, 252, 253, 254, 255, 256, 257, 258, 259, 260, 261, 262, 263, 264, 265, 266, 267, 268, 269, 270, 271, 272, 273, 274, 275, 276, 277, 278, 279, 280, 281, 282, 283, 284, 285, 286, 287, 288, 289, 290, 291, 292, 293, 294, 295, 296, 297, 298, 299, 300, 301, 302, 303, 304, 305, 306, 307, 308, 309, 310, 311, 312, 313, 314, 315, 316, 317, 318, 319, 320, 321, 322, 323, 324, 325, 326, 327, 328, 329, 330, 331, 332, 333, 334, 335, 336, 337, 338, 339, 340, 341, 342, 343, 344, 345, 346, 347, 348, 349, 350, 351, 352, 353, 354, 355, 356, 357, 358, 359, 360, 361, 362, 363, 364, 365, 366, 367, 368, 369, 370, 371, 372, 373, 374, 375, 376, 377, 378, 379, 380], "LargestImagePixelValue": [22711, 21616, 23672, 20503, 20522, 20300, 21797, 22747, 20401, 20487, 20230, 23303, 20776, 24531, 20403, 21240, 20282, 22341, 20506, 21316, 21633, 20173, 20448, 20377, 20236, 22956, 23675, 22212, 22047, 22501, 23439, 21493, 21216, 20432, 21955, 21480, 20318, 20347, 22001, 22591, 21466, 20192, 21307, 21161, 20401, 20034, 22153, 23433, 20295, 21447, 20068, 20516, 24744, 20809, 22324, 20107, 23900, 20015, 20689, 20121, 23387, 20339, 20635, 20258, 20279, 20939, 21597, 21339, 20471, 21438, 20481, 21048, 23826, 20725, 21398, 21486, 22494, 22547, 22703, 21934, 22869, 22030, 22866, 21236, 21364, 21088, 24537, 20334, 20358, 20056, 21161, 21885, 21882, 21116, 20555, 21054, 22447, 20083, 22869, 20635, 20491, 22726, 21218, 22589, 20443, 21289, 23130, 20100, 20981, 20432, 20526, 20052, 21810, 20293, 21060, 20239, 22661, 22925, 21283, 21156, 20089, 23996, 20780, 20714, 20062, 20263, 20178, 22712, 21031, 21231, 20169, 21986, 20321, 23563, 20294, 21394, 20138, 20796, 20236, 20200, 20980, 22189, 22213, 21134, 20182, 20671, 24979, 20666, 20632, 20227, 22267, 20288, 20475, 20082, 20981, 20297, 24936, 22343, 23133, 23230, 20152, 22482, 22416, 21999, 20293, 20339, 20175, 21331, 20192, 22144, 20179, 21777, 20819, 21452, 22098, 20923, 20095, 22312, 20877, 21775, 22635, 20890, 24894, 21457, 23802, 20168, 22180, 21594, 23121, 20447, 20254, 20331, 21295, 21500, 23072, 24449, 20279, 21769, 21160, 22332, 23822, 20427, 22085, 21638, 20764, 22105, 22885, 21593, 20106, 21561, 20057, 21030, 23394, 22234, 20528, 20842, 24457, 21519, 21711, 20168, 23876, 21506, 22164, 20732, 20166, 21690, 24075, 20187, 24594, 21069, 20065, 19969, 20522, 24570, 23728, 20306, 19845, 19970, 22582, 22042, 25011, 22528, 24991, 21462, 19874, 22217, 24738, 20881, 21271, 20191, 21271, 21009, 24661, 20295, 23315, 20925, 20570, 20148, 22528, 19922, 22251, 20201, 20854, 20252, 20173, 20529, 22156, 21978, 24388, 20002, 23471, 20319, 20979, 20266, 23885, 20474, 21280, 20420, 21577, 20135, 21011, 20013, 21546, 21598, 20951, 24827, 21180, 21332, 20227, 21321, 20106, 22322, 20035, 21024, 20149, 20271, 22561, 21406, 22918, 20289, 20879, 21914, 21121, 20041, 21628, 20365, 20127, 20035, 21853, 23576, 20499, 21788, 21724, 24991, 20289, 23954, 20167, 21269, 20323, 23932, 20426, 23348, 21097, 21299, 21944, 24544, 20828, 20235, 20071, 21115, 19986, 22171, 24239, 20094, 21523, 23732, 24952, 20610, 22079, 19967, 20812, 19903, 20382, 22167, 21035, 24347, 20283, 23254, 20679, 23992, 20324, 22336, 20208, 22150, 21105, 21741, 21028, 24084, 21501, 21456, 20165, 21375, 22048, 24991, 21789, 21397, 19925, 22207, 22330, 20939, 23787, 21098, 22132, 20211, 20362, 21398, 24855, 21501, 21966, 21383], "WindowCenter": [9246.0, 9245.0, 9259.0, 9232.0, 9238.0, 9219.0, 9240.0, 9241.0, 9210.0, 9222.0, 9222.0, 9259.0, 9238.0, 9264.0, 9241.0, 9240.0, 9218.0, 9228.0, 9209.0, 9202.0, 9223.0, 9204.0, 9229.0, 9222.0, 9206.0, 9228.0, 9234.0, 9226.0, 9223.0, 9233.0, 9237.0, 9210.0, 9211.0, 9218.0, 9228.0, 9222.0, 9209.0, 9219.0, 9218.0, 9223.0, 9222.0, 9213.0, 9229.0, 9228.0, 9223.0, 9206.0, 9223.0, 9222.0, 9195.0, 9204.0, 9191.0, 9200.0, 9226.0, 9191.0, 9206.0, 9191.0, 9231.0, 9196.0, 9213.0, 9207.0, 9245.0, 9218.0, 9234.0, 9218.0, 9217.0, 9229.0, 9229.0, 9219.0, 9197.0, 9190.0, 9213.0, 9205.0, 9217.0, 9211.0, 9205.0, 9218.0, 9228.0, 9218.0, 9219.0, 9210.0, 9216.0, 9220.0, 9219.0, 9216.0, 9211.0, 9216.0, 9243.0, 9205.0, 9202.0, 9199.0, 9216.0, 9216.0, 9204.0, 9213.0, 9211.0, 9213.0, 9223.0, 9208.0, 9229.0, 9226.0, 9214.0, 9235.0, 9208.0, 9220.0, 9207.0, 9224.0, 9203.0, 9202.0, 9213.0, 9205.0, 9195.0, 9189.0, 9211.0, 9200.0, 9212.0, 9209.0, 9215.0, 9207.0, 9197.0, 9202.0, 9196.0, 9245.0, 9216.0, 9199.0, 9195.0, 9190.0, 9197.0, 9215.0, 9206.0, 9203.0, 9197.0, 9208.0, 9199.0, 9225.0, 9201.0, 9212.0, 9189.0, 9200.0, 9187.0, 9197.0, 9214.0, 9208.0, 9211.0, 9215.0, 9213.0, 9211.0, 9240.0, 9205.0, 9188.0, 9180.0, 9215.0, 9202.0, 9201.0, 9206.0, 9211.0, 9212.0, 9237.0, 9220.0, 9210.0, 9201.0, 9195.0, 9206.0, 9214.0, 9211.0, 9190.0, 9176.0, 9190.0, 9196.0, 9197.0, 9200.0, 9176.0, 9213.0, 9197.0, 9217.0, 9217.0, 9209.0, 9197.0, 9219.0, 9204.0, 9204.0, 9217.0, 9197.0, 9234.0, 9204.0, 9223.0, 9197.0, 9221.0, 9216.0, 9226.0, 9208.0, 9212.0, 9211.0, 9222.0, 9229.0, 9230.0, 9233.0, 9206.0, 9216.0, 9196.0, 9215.0, 9225.0, 9191.0, 9226.0, 9212.0, 9217.0, 9198.0, 9205.0, 9203.0, 9176.0, 9201.0, 9190.0, 9186.0, 9226.0, 9205.0, 9217.0, 9219.0, 9229.0, 9205.0, 9199.0, 9192.0, 9220.0, 9219.0, 9207.0, 9205.0, 9203.0, 9225.0, 9233.0, 9199.0, 9234.0, 9217.0, 9213.0, 9214.0, 9216.0, 9231.0, 9211.0, 9184.0, 9184.0, 9191.0, 9214.0, 9210.0, 9222.0, 9203.0, 9230.0, 9200.0, 9196.0, 9204.0, 9211.0, 9181.0, 9188.0, 9167.0, 9185.0, 9190.0, 9217.0, 9197.0, 9225.0, 9209.0, 9201.0, 9196.0, 9203.0, 9183.0, 9194.0, 9176.0, 9181.0, 9189.0, 9189.0, 9203.0, 9228.0, 9219.0, 9223.0, 9186.0, 9203.0, 9192.0, 9209.0, 9192.0, 9225.0, 9196.0, 9199.0, 9196.0, 9212.0, 9205.0, 9215.0, 9206.0, 9205.0, 9205.0, 9197.0, 9229.0, 9184.0, 9192.0, 9173.0, 9189.0, 9191.0, 9210.0, 9183.0, 9194.0, 9195.0, 9184.0, 9213.0, 9201.0, 9212.0, 9184.0, 9198.0, 9218.0, 9212.0, 9204.0, 9211.0, 9194.0, 9202.0, 9200.0, 9205.0, 9221.0, 9178.0, 9208.0, 9211.0, 9217.0, 9187.0, 9215.0, 9184.0, 9197.0, 9198.0, 9219.0, 9190.0, 9208.0, 9207.0, 9217.0, 9211.0, 9233.0, 9207.0, 9190.0, 9193.0, 9209.0, 9192.0, 9205.0, 9230.0, 9176.0, 9196.0, 9219.0, 9237.0, 9184.0, 9192.0, 9165.0, 9192.0, 9202.0, 9204.0, 9201.0, 9198.0, 9208.0, 9190.0, 9211.0, 9205.0, 9218.0, 9193.0, 9207.0, 9197.0, 9218.0, 9202.0, 9210.0, 9206.0, 9214.0, 9206.0, 9205.0, 9198.0, 9219.0, 9213.0, 9241.0, 9206.0, 9190.0, 9187.0, 9196.0, 9202.0, 9183.0, 9209.0, 9190.0, 9199.0, 9189.0, 9186.0, 9213.0, 9226.0, 9196.0, 9208.0, 9204.0], "WindowWidth": [19441.0, 19440.0, 19463.0, 19416.0, 19426.0, 19390.0, 19423.0, 19423.0, 19367.0, 19390.0, 19389.0, 19460.0, 19420.0, 19464.0, 19423.0, 19423.0, 19384.0, 19399.0, 19360.0, 19347.0, 19385.0, 19355.0, 19403.0, 19391.0, 19359.0, 19396.0, 19407.0, 19392.0, 19385.0, 19404.0, 19411.0, 19364.0, 19365.0, 19380.0, 19400.0, 19389.0, 19365.0, 19381.0, 19377.0, 19386.0, 19383.0, 19369.0, 19405.0, 19403.0, 19394.0, 19360.0, 19385.0, 19383.0, 19332.0, 19347.0, 19324.0, 19341.0, 19385.0, 19322.0, 19352.0, 19324.0, 19395.0, 19340.0, 19371.0, 19358.0, 19428.0, 19383.0, 19414.0, 19384.0, 19380.0, 19403.0, 19398.0, 19377.0, 19338.0, 19324.0, 19368.0, 19354.0, 19372.0, 19362.0, 19352.0, 19378.0, 19394.0, 19378.0, 19376.0, 19358.0, 19368.0, 19378.0, 19377.0, 19373.0, 19365.0, 19373.0, 19420.0, 19354.0, 19347.0, 19342.0, 19374.0, 19374.0, 19350.0, 19368.0, 19368.0, 19374.0, 19390.0, 19363.0, 19400.0, 19397.0, 19373.0, 19409.0, 19362.0, 19378.0, 19358.0, 19387.0, 19347.0, 19346.0, 19364.0, 19353.0, 19333.0, 19325.0, 19358.0, 19341.0, 19365.0, 19361.0, 19368.0, 19354.0, 19340.0, 19352.0, 19340.0, 19423.0, 19371.0, 19340.0, 19331.0, 19325.0, 19336.0, 19372.0, 19355.0, 19348.0, 19339.0, 19354.0, 19341.0, 19383.0, 19346.0, 19363.0, 19322.0, 19343.0, 19318.0, 19338.0, 19367.0, 19354.0, 19360.0, 19370.0, 19369.0, 19366.0, 19414.0, 19351.0, 19321.0, 19306.0, 19365.0, 19348.0, 19346.0, 19354.0, 19367.0, 19369.0, 19411.0, 19381.0, 19355.0, 19343.0, 19330.0, 19350.0, 19364.0, 19361.0, 19324.0, 19299.0, 19322.0, 19335.0, 19335.0, 19338.0, 19298.0, 19363.0, 19337.0, 19375.0, 19372.0, 19361.0, 19337.0, 19372.0, 19348.0, 19347.0, 19369.0, 19332.0, 19399.0, 19346.0, 19381.0, 19339.0, 19380.0, 19371.0, 19389.0, 19359.0, 19369.0, 19363.0, 19384.0, 19398.0, 19396.0, 19404.0, 19355.0, 19372.0, 19335.0, 19367.0, 19383.0, 19328.0, 19393.0, 19367.0, 19376.0, 19339.0, 19347.0, 19345.0, 19296.0, 19340.0, 19324.0, 19316.0, 19387.0, 19352.0, 19374.0, 19380.0, 19395.0, 19349.0, 19340.0, 19327.0, 19375.0, 19376.0, 19355.0, 19351.0, 19350.0, 19390.0, 19406.0, 19345.0, 19404.0, 19376.0, 19371.0, 19373.0, 19376.0, 19394.0, 19357.0, 19310.0, 19311.0, 19324.0, 19365.0, 19354.0, 19374.0, 19339.0, 19392.0, 19340.0, 19332.0, 19342.0, 19350.0, 19298.0, 19315.0, 19278.0, 19308.0, 19319.0, 19363.0, 19338.0, 19387.0, 19361.0, 19348.0, 19336.0, 19339.0, 19302.0, 19320.0, 19289.0, 19300.0, 19321.0, 19323.0, 19346.0, 19391.0, 19373.0, 19380.0, 19313.0, 19343.0, 19330.0, 19359.0, 19326.0, 19382.0, 19333.0, 19337.0, 19333.0, 19362.0, 19355.0, 19372.0, 19356.0, 19351.0, 19350.0, 19334.0, 19386.0, 19306.0, 19321.0, 19290.0, 19317.0, 19323.0, 19356.0, 19307.0, 19326.0, 19330.0, 19309.0, 19362.0, 19337.0, 19357.0, 19310.0, 19336.0, 19375.0, 19366.0, 19350.0, 19362.0, 19333.0, 19347.0, 19343.0, 19346.0, 19374.0, 19298.0, 19354.0, 19360.0, 19369.0, 19314.0, 19364.0, 19309.0, 19332.0, 19335.0, 19373.0, 19322.0, 19352.0, 19352.0, 19375.0, 19364.0, 19398.0, 19353.0, 19323.0, 19326.0, 19357.0, 19330.0, 19348.0, 19390.0, 19296.0, 19331.0, 19371.0, 19404.0, 19311.0, 19324.0, 19277.0, 19327.0, 19346.0, 19346.0, 19340.0, 19331.0, 19351.0, 19320.0, 19359.0, 19348.0, 19369.0, 19326.0, 19352.0, 19335.0, 19374.0, 19343.0, 19358.0, 19351.0, 19362.0, 19351.0, 19354.0, 19342.0, 19380.0, 19367.0, 19414.0, 19352.0, 19320.0, 19318.0, 19328.0, 19338.0, 19307.0, 19350.0, 19319.0, 19335.0, 19318.0, 19317.0, 19363.0, 19382.0, 19331.0, 19354.0, 19348.0]}, "slices": {}}}