{"AcquisitionMatrixPE": 96, "AcquisitionNumber": 1, "AcquisitionTime": "07:27:7.595000", "BandwidthPerPixelPhaseEncode": 33.602, "BaseResolution": 96, "BodyPartExamined": "BRAIN", "ConsistencyInfo": "N4_VD11D_LATEST_20110129", "ConversionSoftware": "dcm2niix", "ConversionSoftwareVersion": "v1.0.20210317", "DerivedVendorReportedEchoSpacing": 0.000620003, "DeviceSerialNumber": "45239", "DwellTime": 2.6e-06, "EchoTime": 0.03, "EchoTrainLength": 48, "EffectiveEchoSpacing": 0.000310001, "FlipAngle": 63, "ImageComments": "Unaliased MB4/PE3", "ImageOrientationPatientDICOM": [0.99972, -0.0213124, 0.010257, 0.0236521, 0.900825, -0.433538], "ImageType": ["ORIGINAL", "PRIMARY", "M", "ND", "NORM", "MOSAIC"], "ImagingFrequency": 123.193, "InPlanePhaseEncodingDirectionDICOM": "COL", "InstitutionAddress": "E 24th St. 100,Austin,Southmiddle,US,78712", "InstitutionName": "Univ of Texas at Austin", "InstitutionalDepartmentName": "IRC", "MRAcquisitionType": "2D", "MagneticFieldStrength": 3, "Manufacturer": "Siemens", "ManufacturersModelName": "Skyra", "Modality": "MR", "MultibandAccelerationFactor": 4, "ParallelReductionFactorInPlane": 2, "PartialFourier": 1, "PatientPosition": "HFS", "PercentPhaseFOV": 100, "PercentSampling": 100, "PhaseEncodingDirection": "j-", "PhaseEncodingSteps": 96, "PhaseResolution": 1, "PixelBandwidth": 2005, "ProcedureStepDescription": "Poldrack2^self-scanning", "ProtocolName": "Resting State fMRI MBEPI_matrix96_BW2004", "PulseSequenceDetails": "%CustomerSeq%\\cmrr_mbep2d_bold", "ReceiveCoilActiveElements": "HEA;HEP", "ReceiveCoilName": "Head_32", "ReconMatrixPE": 96, "RefLinesPE": 94, "RepetitionTime": 1.16, "SAR": 0.100031, "ScanOptions": "FS", "ScanningSequence": "EP", "SequenceName": "epfid2d1_96", "SequenceVariant": "SK", "SeriesDescription": "Resting State fMRI MBEPI_matrix96_BW2004", "SeriesNumber": 9, "ShimSetting": [-2771, 8055, -15446, 188, -229, 104, 197, -62], "SliceThickness": 2, "SliceTiming": [0, 0.4975, 0.9975, 0.355, 0.855, 0.2125, 0.7125, 0.07, 0.57, 1.0675, 0.4275, 0.925, 0.285, 0.7825, 0.1425, 0.64, 0, 0.4975, 0.9975, 0.355, 0.855, 0.2125, 0.7125, 0.07, 0.57, 1.0675, 0.4275, 0.925, 0.285, 0.7825, 0.1425, 0.64, 0, 0.4975, 0.9975, 0.355, 0.855, 0.2125, 0.7125, 0.07, 0.57, 1.0675, 0.4275, 0.925, 0.285, 0.7825, 0.1425, 0.64, 0, 0.4975, 0.9975, 0.355, 0.855, 0.2125, 0.7125, 0.07, 0.57, 1.0675, 0.4275, 0.925, 0.285, 0.7825, 0.1425, 0.64], "SoftwareVersions": "syngo MR D11", "SpacingBetweenSlices": 2.4, "StationName": "AWP45239", "TaskName": "Resting fmri", "TotalReadoutTime": 0.0294501, "TxRefAmp": 345.713, "WipMemBlock": "6331d0e6-c161-42fb-a21f-f3c7fd7ecf6b||Sequence: VD11D r195; Nov 21 2012 15:36:10 by eja", "dcmmeta_affine": [[-2.395163059234619, 0.05666660517454147, 2.3338243337889253e-08, 115.15215301513672], [0.05106096342206001, 2.158226251602173, -1.040781855583191, -91.08165740966797], [0.02457400970160961, 1.0386842489242554, 2.1625847816467285, -89.87014770507812], [0.0, 0.0, 0.0, 1.0]], "dcmmeta_reorient_transform": [[0.0, -1.0, 0.0, 95.0], [1.0, 0.0, 0.0, 0.0], [0.0, 0.0, 1.0, 0.0], [0.0, 0.0, 0.0, 1.0]], "dcmmeta_shape": [96, 96, 64, 518], "dcmmeta_slice_dim": 2, "dcmmeta_version": 0.6, "global": {"const": {"AcquisitionMatrix": [96, 0, 0, 96], "AngioFlag": "N", "BitsAllocated": 16, "BitsStored": 16, "BodyPartExamined": "BRAIN", "Columns": 768, "EchoNumbers": 1, "EchoTime": 30.0, "EchoTrainLength": 48, "FlipAngle": 63.0, "HighBit": 15, "ImageOrientationPatient": [0.99972024879745, -0.0213124034958, 0.0102569781905, 0.02365214883196, 0.90082493957341, -0.433537777014], "ImagePositionPatient": [-944.35023393765, -821.95741360024, 349.54588547663], "ImageType": ["ORIGINAL", "PRIMARY", "M", "ND", "NORM", "MOSAIC"], "ImagedNucleus": "1H", "ImagingFrequency": 123.19325, "InPlanePhaseEncodingDirection": "COL", "MRAcquisitionType": "2D", "MagneticFieldStrength": 3.0, "Manufacturer": "SIEMENS", "ManufacturerModelName": "Skyra", "Modality": "MR", "NumberOfAverages": 1.0, "NumberOfPhaseEncodingSteps": 96, "PercentPhaseFieldOfView": 100.0, "PercentSampling": 100.0, "PerformedProcedureStepStartTime": "070927.234000", "PhotometricInterpretation": "MONOCHROME2", "PixelBandwidth": 2005.0, "PixelRepresentation": 0, "PixelSpacing": [2.3958332538605, 2.3958332538605], "ProtocolName": "Resting State fMRI MBEPI_matrix96_BW2004", "RepetitionTime": 1160.0, "Rows": 768, "SAR": 0.10003127619633, "SamplesPerPixel": 1, "ScanOptions": "FS", "ScanningSequence": "EP", "SequenceName": "epfid2d1_96", "SequenceVariant": "SK", "SeriesDescription": "Resting State fMRI MBEPI_matrix96_BW2004", "SeriesNumber": 9, "SeriesTime": "072752.671000", "SliceLocation": -41.481534263531, "SliceThickness": 2.0, "SmallestImagePixelValue": 0, "SoftwareVersions": "syngo MR D11", "SpacingBetweenSlices": 2.399999980301, "SpecificCharacterSet": "ISO_IR 100", "StudyID": "1", "StudyTime": "070927.187000", "TransmitCoilName": "Body", "VariableFlipAngleFlag": "N", "WindowCenterWidthExplanation": "Algo1", "dBdt": 0.0}, "slices": {}}, "time": {"samples": {"AcquisitionNumber": [1, 2, 3, 4, 5, 6, 7, 8, 9, 10, 11, 12, 13, 14, 15, 16, 17, 18, 19, 20, 21, 22, 23, 24, 25, 26, 27, 28, 29, 30, 31, 32, 33, 34, 35, 36, 37, 38, 39, 40, 41, 42, 43, 44, 45, 46, 47, 48, 49, 50, 51, 52, 53, 54, 55, 56, 57, 58, 59, 60, 61, 62, 63, 64, 65, 66, 67, 68, 69, 70, 71, 72, 73, 74, 75, 76, 77, 78, 79, 80, 81, 82, 83, 84, 85, 86, 87, 88, 89, 90, 91, 92, 93, 94, 95, 96, 97, 98, 99, 100, 101, 102, 103, 104, 105, 106, 107, 108, 109, 110, 111, 112, 113, 114, 115, 116, 117, 118, 119, 120, 121, 122, 123, 124, 125, 126, 127, 128, 129, 130, 131, 132, 133, 134, 135, 136, 137, 138, 139, 140, 141, 142, 143, 144, 145, 146, 147, 148, 149, 150, 151, 152, 153, 154, 155, 156, 157, 158, 159, 160, 161, 162, 163, 164, 165, 166, 167, 168, 169, 170, 171, 172, 173, 174, 175, 176, 177, 178, 179, 180, 181, 182, 183, 184, 185, 186, 187, 188, 189, 190, 191, 192, 193, 194, 195, 196, 197, 198, 199, 200, 201, 202, 203, 204, 205, 206, 207, 208, 209, 210, 211, 212, 213, 214, 215, 216, 217, 218, 219, 220, 221, 222, 223, 224, 225, 226, 227, 228, 229, 230, 231, 232, 233, 234, 235, 236, 237, 238, 239, 240, 241, 242, 243, 244, 245, 246, 247, 248, 249, 250, 251, 252, 253, 254, 255, 256, 257, 258, 259, 260, 261, 262, 263, 264, 265, 266, 267, 268, 269, 270, 271, 272, 273, 274, 275, 276, 277, 278, 279, 280, 281, 282, 283, 284, 285, 286, 287, 288, 289, 290, 291, 292, 293, 294, 295, 296, 297, 298, 299, 300, 301, 302, 303, 304, 305, 306, 307, 308, 309, 310, 311, 312, 313, 314, 315, 316, 317, 318, 319, 320, 321, 322, 323, 324, 325, 326, 327, 328, 329, 330, 331, 332, 333, 334, 335, 336, 337, 338, 339, 340, 341, 342, 343, 344, 345, 346, 347, 348, 349, 350, 351, 352, 353, 354, 355, 356, 357, 358, 359, 360, 361, 362, 363, 364, 365, 366, 367, 368, 369, 370, 371, 372, 373, 374, 375, 376, 377, 378, 379, 380, 381, 382, 383, 384, 385, 386, 387, 388, 389, 390, 391, 392, 393, 394, 395, 396, 397, 398, 399, 400, 401, 402, 403, 404, 405, 406, 407, 408, 409, 410, 411, 412, 413, 414, 415, 416, 417, 418, 419, 420, 421, 422, 423, 424, 425, 426, 427, 428, 429, 430, 431, 432, 433, 434, 435, 436, 437, 438, 439, 440, 441, 442, 443, 444, 445, 446, 447, 448, 449, 450, 451, 452, 453, 454, 455, 456, 457, 458, 459, 460, 461, 462, 463, 464, 465, 466, 467, 468, 469, 470, 471, 472, 473, 474, 475, 476, 477, 478, 479, 480, 481, 482, 483, 484, 485, 486, 487, 488, 489, 490, 491, 492, 493, 494, 495, 496, 497, 498, 499, 500, 501, 502, 503, 504, 505, 506, 507, 508, 509, 510, 511, 512, 513, 514, 515, 516, 517, 518], "AcquisitionTime": ["072707.595000", "072736.595000", "072737.755000", "072738.915000", "072740.075000", "072741.235000", "072742.395000", "072743.555000", "072744.715000", "072745.875000", "072747.035000", "072748.195000", "072749.355000", "072750.515000", "072751.675000", "072752.835000", "072753.995000", "072755.155000", "072756.315000", "072757.475000", "072758.635000", "072759.795000", "072800.955000", "072802.115000", "072803.275000", "072804.435000", "072805.595000", "072806.755000", "072807.915000", "072809.075000", "072810.235000", "072811.395000", "072812.555000", "072813.715000", "072814.875000", "072816.035000", "072817.195000", "072818.355000", "072819.515000", "072820.675000", "072821.835000", "072822.995000", "072824.155000", "072825.315000", "072826.475000", "072827.635000", "072828.795000", "072829.955000", "072831.115000", "072832.275000", "072833.435000", "072834.595000", "072835.755000", "072836.915000", "072838.075000", "072839.235000", "072840.395000", "072841.555000", "072842.715000", "072843.875000", "072845.035000", "072846.195000", "072847.355000", "072848.515000", "072849.675000", "072850.835000", "072851.995000", "072853.155000", "072854.315000", "072855.475000", "072856.635000", "072857.795000", "072858.955000", "072900.115000", "072901.275000", "072902.435000", "072903.595000", "072904.755000", "072905.915000", "072907.075000", "072908.235000", "072909.395000", "072910.555000", "072911.715000", "072912.875000", "072914.035000", "072915.195000", "072916.355000", "072917.515000", "072918.675000", "072919.835000", "072920.995000", "072922.155000", "072923.315000", "072924.475000", "072925.635000", "072926.795000", "072927.955000", "072929.115000", "072930.275000", "072931.435000", "072932.595000", "072933.755000", "072934.915000", "072936.075000", "072937.235000", "072938.395000", "072939.555000", "072940.715000", "072941.875000", "072943.035000", "072944.195000", "072945.355000", "072946.515000", "072947.675000", "072948.835000", "072949.995000", "072951.155000", "072952.315000", "072953.475000", "072954.635000", "072955.795000", "072956.955000", "072958.115000", "072959.275000", "073000.435000", "073001.595000", "073002.755000", "073003.915000", "073005.075000", "073006.235000", "073007.395000", "073008.555000", "073009.715000", "073010.875000", "073012.035000", "073013.195000", "073014.355000", "073015.515000", "073016.675000", "073017.835000", "073018.995000", "073020.155000", "073021.315000", "073022.477500", "073023.637500", "073024.797500", "073025.957500", "073027.117500", "073028.277500", "073029.437500", "073030.597500", "073031.757500", "073032.917500", "073034.077500", "073035.237500", "073036.397500", "073037.557500", "073038.717500", "073039.877500", "073041.037500", "073042.197500", "073043.357500", "073044.517500", "073045.677500", "073046.837500", "073047.997500", "073049.157500", "073050.317500", "073051.477500", "073052.637500", "073053.797500", "073054.957500", "073056.117500", "073057.277500", "073058.437500", "073059.597500", "073100.757500", "073101.917500", "073103.077500", "073104.237500", "073105.397500", "073106.557500", "073107.717500", "073108.877500", "073110.037500", "073111.197500", "073112.357500", "073113.517500", "073114.677500", "073115.837500", "073116.997500", "073118.157500", "073119.317500", "073120.477500", "073121.637500", "073122.797500", "073123.957500", "073125.117500", "073126.277500", "073127.437500", "073128.597500", "073129.757500", "073130.917500", "073132.077500", "073133.237500", "073134.397500", "073135.557500", "073136.717500", "073137.877500", "073139.037500", "073140.197500", "073141.357500", "073142.517500", "073143.677500", "073144.837500", "073145.997500", "073147.157500", "073148.317500", "073149.477500", "073150.637500", "073151.797500", "073152.957500", "073154.117500", "073155.277500", "073156.437500", "073157.597500", "073158.757500", "073159.917500", "073201.077500", "073202.237500", "073203.397500", "073204.557500", "073205.717500", "073206.877500", "073208.037500", "073209.197500", "073210.357500", "073211.517500", "073212.677500", "073213.837500", "073214.997500", "073216.157500", "073217.317500", "073218.477500", "073219.637500", "073220.797500", "073221.957500", "073223.117500", "073224.277500", "073225.437500", "073226.597500", "073227.757500", "073228.917500", "073230.077500", "073231.237500", "073232.397500", "073233.557500", "073234.717500", "073235.877500", "073237.037500", "073238.197500", "073239.357500", "073240.517500", "073241.677500", "073242.837500", "073243.997500", "073245.157500", "073246.317500", "073247.477500", "073248.637500", "073249.797500", "073250.957500", "073252.117500", "073253.277500", "073254.437500", "073255.597500", "073256.757500", "073257.917500", "073259.077500", "073300.237500", "073301.397500", "073302.557500", "073303.717500", "073304.877500", "073306.037500", "073307.197500", "073308.357500", "073309.517500", "073310.677500", "073311.837500", "073312.997500", "073314.157500", "073315.317500", "073316.477500", "073317.637500", "073318.797500", "073319.957500", "073321.117500", "073322.277500", "073323.437500", "073324.597500", "073325.757500", "073326.917500", "073328.077500", "073329.237500", "073330.397500", "073331.557500", "073332.717500", "073333.877500", "073335.037500", "073336.197500", "073337.357500", "073338.517500", "073339.677500", "073340.837500", "073341.997500", "073343.157500", "073344.317500", "073345.477500", "073346.637500", "073347.797500", "073348.957500", "073350.117500", "073351.277500", "073352.437500", "073353.597500", "073354.757500", "073355.917500", "073357.077500", "073358.237500", "073359.397500", "073400.557500", "073401.717500", "073402.877500", "073404.037500", "073405.197500", "073406.357500", "073407.517500", "073408.677500", "073409.837500", "073410.997500", "073412.157500", "073413.317500", "073414.477500", "073415.637500", "073416.797500", "073417.957500", "073419.117500", "073420.277500", "073421.437500", "073422.597500", "073423.757500", "073424.917500", "073426.077500", "073427.237500", "073428.397500", "073429.557500", "073430.717500", "073431.877500", "073433.037500", "073434.197500", "073435.357500", "073436.517500", "073437.677500", "073438.837500", "073439.997500", "073441.157500", "073442.317500", "073443.477500", "073444.637500", "073445.797500", "073446.957500", "073448.117500", "073449.277500", "073450.437500", "073451.597500", "073452.757500", "073453.917500", "073455.077500", "073456.237500", "073457.397500", "073458.557500", "073459.717500", "073500.877500", "073502.037500", "073503.197500", "073504.357500", "073505.517500", "073506.677500", "073507.837500", "073508.997500", "073510.157500", "073511.317500", "073512.480000", "073513.640000", "073514.800000", "073515.960000", "073517.120000", "073518.280000", "073519.440000", "073520.600000", "073521.760000", "073522.920000", "073524.080000", "073525.240000", "073526.400000", "073527.560000", "073528.720000", "073529.880000", "073531.040000", "073532.200000", "073533.360000", "073534.520000", "073535.680000", "073536.840000", "073538.000000", "073539.160000", "073540.320000", "073541.480000", "073542.640000", "073543.800000", "073544.960000", "073546.120000", "073547.280000", "073548.440000", "073549.600000", "073550.760000", "073551.920000", "073553.080000", "073554.240000", "073555.400000", "073556.560000", "073557.720000", "073558.880000", "073600.040000", "073601.200000", "073602.360000", "073603.520000", "073604.680000", "073605.840000", "073607.000000", "073608.160000", "073609.320000", "073610.480000", "073611.640000", "073612.800000", "073613.960000", "073615.120000", "073616.280000", "073617.440000", "073618.600000", "073619.760000", "073620.920000", "073622.080000", "073623.240000", "073624.400000", "073625.560000", "073626.720000", "073627.880000", "073629.040000", "073630.200000", "073631.360000", "073632.520000", "073633.680000", "073634.840000", "073636.000000", "073637.160000", "073638.320000", "073639.480000", "073640.640000", "073641.800000", "073642.960000", "073644.120000", "073645.280000", "073646.440000", "073647.600000", "073648.760000", "073649.920000", "073651.080000", "073652.240000", "073653.400000", "073654.560000", "073655.720000", "073656.880000", "073658.040000", "073659.200000", "073700.360000", "073701.520000", "073702.680000", "073703.840000", "073705.000000", "073706.160000", "073707.320000", "073708.480000", "073709.640000", "073710.800000", "073711.960000", "073713.120000", "073714.280000", "073715.440000", "073716.600000", "073717.760000", "073718.920000", "073720.080000", "073721.240000", "073722.400000", "073723.560000", "073724.720000", "073725.880000", "073727.040000", "073728.200000", "073729.360000", "073730.520000", "073731.680000", "073732.840000", "073734.000000", "073735.160000"], "ContentTime": ["072752.671000", "072800.718000", "072800.718000", "072800.718000", "072800.718000", "072800.718000", "072800.734000", "072805.718000", "072805.718000", "072805.718000", "072805.718000", "072810.718000", "072810.718000", "072810.718000", "072810.718000", "072815.718000", "072815.718000", "072815.718000", "072815.734000", "072820.718000", "072820.718000", "072820.718000", "072825.718000", "072825.718000", "072825.718000", "072825.718000", "072825.718000", "072830.718000", "072830.718000", "072830.718000", "072830.734000", "072835.718000", "072835.718000", "072835.718000", "072840.718000", "072840.718000", "072840.718000", "072840.718000", "072845.718000", "072845.718000", "072845.718000", "072845.718000", "072850.718000", "072850.718000", "072850.718000", "072850.718000", "072855.718000", "072855.718000", "072855.718000", "072855.734000", "072900.718000", "072900.718000", "072900.718000", "072900.718000", "072905.718000", "072905.718000", "072905.718000", "072905.718000", "072910.718000", "072910.718000", "072910.718000", "072915.718000", "072915.718000", "072915.718000", "072915.718000", "072920.718000", "072920.718000", "072920.718000", "072920.718000", "072925.718000", "072925.718000", "072925.718000", "072925.718000", "072930.718000", "072930.718000", "072930.718000", "072930.718000", "072935.718000", "072935.718000", "072935.718000", "072935.718000", "072940.718000", "072940.718000", "072940.718000", "072940.718000", "072945.718000", "072945.718000", "072945.718000", "072945.718000", "072950.718000", "072950.718000", "072950.718000", "072950.718000", "072955.718000", "072955.718000", "072955.718000", "072955.718000", "073000.718000", "073000.718000", "073000.718000", "073000.718000", "073005.718000", "073005.718000", "073005.718000", "073005.718000", "073010.718000", "073010.718000", "073010.718000", "073010.734000", "073015.718000", "073015.718000", "073015.718000", "073015.718000", "073020.718000", "073020.718000", "073020.718000", "073020.718000", "073025.718000", "073025.718000", "073025.718000", "073025.718000", "073030.718000", "073030.718000", "073030.718000", "073030.718000", "073035.718000", "073035.718000", "073035.718000", "073035.718000", "073040.718000", "073040.718000", "073040.718000", "073040.718000", "073045.718000", "073045.718000", "073045.734000", "073045.734000", "073050.718000", "073050.718000", "073050.718000", "073050.718000", "073055.718000", "073055.718000", "073055.718000", "073055.718000", "073100.718000", "073100.718000", "073100.718000", "073100.718000", "073105.718000", "073105.718000", "073105.718000", "073105.718000", "073110.718000", "073110.718000", "073110.718000", "073110.718000", "073115.718000", "073115.718000", "073115.718000", "073115.718000", "073120.718000", "073120.718000", "073120.718000", "073120.718000", "073125.718000", "073125.718000", "073125.718000", "073125.718000", "073130.718000", "073130.718000", "073130.718000", "073130.718000", "073135.718000", "073135.718000", "073135.718000", "073135.734000", "073140.718000", "073140.718000", "073140.718000", "073140.734000", "073145.718000", "073145.718000", "073145.718000", "073145.718000", "073150.718000", "073150.718000", "073150.718000", "073150.718000", "073155.718000", "073155.718000", "073155.718000", "073155.718000", "073200.718000", "073200.718000", "073200.718000", "073200.718000", "073205.718000", "073205.718000", "073205.718000", "073205.734000", "073210.718000", "073210.718000", "073210.718000", "073210.718000", "073215.718000", "073215.718000", "073215.718000", "073215.718000", "073215.718000", "073220.718000", "073220.718000", "073220.718000", "073220.718000", "073225.718000", "073225.718000", "073225.718000", "073225.718000", "073225.718000", "073230.718000", "073230.718000", "073230.718000", "073235.718000", "073235.718000", "073235.734000", "073235.734000", "073240.718000", "073240.718000", "073240.734000", "073240.734000", "073245.718000", "073245.718000", "073245.718000", "073245.718000", "073245.734000", "073250.718000", "073250.718000", "073250.718000", "073250.718000", "073255.718000", "073255.718000", "073255.718000", "073255.718000", "073300.718000", "073300.718000", "073300.734000", "073300.734000", "073305.718000", "073305.718000", "073305.718000", "073305.734000", "073310.718000", "073310.718000", "073310.718000", "073310.718000", "073315.718000", "073315.718000", "073315.718000", "073315.718000", "073320.718000", "073320.718000", "073320.734000", "073320.734000", "073325.718000", "073325.718000", "073325.718000", "073325.718000", "073330.718000", "073330.718000", "073330.718000", "073330.734000", "073335.718000", "073335.718000", "073335.718000", "073335.718000", "073340.718000", "073340.718000", "073340.718000", "073345.718000", "073345.718000", "073345.718000", "073345.718000", "073345.718000", "073350.718000", "073350.718000", "073350.718000", "073350.718000", "073355.718000", "073355.718000", "073355.718000", "073355.718000", "073400.718000", "073400.718000", "073400.718000", "073400.718000", "073405.718000", "073405.718000", "073405.718000", "073405.718000", "073410.718000", "073410.718000", "073410.718000", "073410.718000", "073415.718000", "073415.718000", "073415.718000", "073415.718000", "073420.718000", "073420.718000", "073420.718000", "073420.734000", "073425.718000", "073425.718000", "073425.718000", "073425.718000", "073430.718000", "073430.718000", "073430.718000", "073430.718000", "073435.718000", "073435.718000", "073435.718000", "073440.718000", "073440.718000", "073440.718000", "073440.734000", "073440.734000", "073445.718000", "073445.718000", "073445.718000", "073445.718000", "073450.718000", "073450.734000", "073450.734000", "073450.734000", "073455.718000", "073455.718000", "073455.734000", "073455.750000", "073500.718000", "073500.718000", "073500.718000", "073500.718000", "073505.718000", "073505.718000", "073505.718000", "073505.718000", "073510.718000", "073510.718000", "073510.718000", "073510.718000", "073515.718000", "073515.718000", "073515.718000", "073515.718000", "073520.718000", "073520.718000", "073520.718000", "073520.718000", "073525.718000", "073525.718000", "073525.718000", "073525.718000", "073530.718000", "073530.718000", "073530.718000", "073530.718000", "073535.718000", "073535.718000", "073535.718000", "073535.718000", "073540.718000", "073540.718000", "073540.734000", "073545.718000", "073545.718000", "073545.718000", "073545.718000", "073550.718000", "073550.734000", "073550.734000", "073550.734000", "073555.718000", "073555.734000", "073555.734000", "073555.734000", "073600.718000", "073600.718000", "073600.718000", "073600.734000", "073605.718000", "073605.718000", "073605.718000", "073605.718000", "073605.718000", "073610.718000", "073610.718000", "073610.718000", "073610.718000", "073615.718000", "073615.718000", "073615.718000", "073615.734000", "073620.718000", "073620.718000", "073620.718000", "073620.718000", "073625.718000", "073625.718000", "073625.718000", "073625.718000", "073630.718000", "073630.718000", "073630.718000", "073630.718000", "073635.718000", "073635.718000", "073635.718000", "073635.718000", "073640.718000", "073640.718000", "073640.718000", "073640.734000", "073645.718000", "073645.718000", "073645.718000", "073645.718000", "073650.718000", "073650.718000", "073650.734000", "073650.734000", "073655.718000", "073655.718000", "073655.718000", "073655.734000", "073700.718000", "073700.718000", "073700.718000", "073700.718000", "073705.718000", "073705.718000", "073705.718000", "073705.718000", "073710.718000", "073710.718000", "073710.718000", "073710.734000", "073715.718000", "073715.718000", "073715.718000", "073715.718000", "073715.718000", "073720.718000", "073720.718000", "073720.718000", "073720.718000", "073725.718000", "073725.718000", "073725.718000", "073725.718000", "073730.718000", "073730.718000", "073730.718000", "073730.734000", "073735.718000", "073735.718000", "073735.718000", "073735.718000", "073740.718000", "073740.718000", "073740.718000", "073740.718000", "073745.718000", "073745.718000", "073745.718000", "073745.718000", "073750.718000", "073750.718000", "073750.718000", "073750.734000", "073750.734000", "073755.718000", "073755.718000", "073755.718000", "073755.718000", "073800.718000", "073800.718000", "073800.718000", "073800.718000", "073805.718000", "073805.718000", "073805.718000", "073805.718000", "073805.718000", "073810.718000", "073810.718000", "073810.718000", "073810.718000", "073815.718000", "073815.718000", "073815.718000", "073815.718000", "073820.718000", "073820.718000", "073820.718000", "073820.718000", "073820.718000", "073825.718000", "073825.718000", "073825.718000", "073825.718000", "073830.718000", "073830.718000", "073830.718000", "073830.734000", "073832.640000", "073832.640000", "073832.640000"], "InstanceCreationTime": ["072752.671000", "072800.718000", "072800.718000", "072800.718000", "072800.718000", "072800.718000", "072800.734000", "072805.718000", "072805.718000", "072805.718000", "072805.718000", "072810.718000", "072810.718000", "072810.718000", "072810.718000", "072815.718000", "072815.718000", "072815.718000", "072815.734000", "072820.718000", "072820.718000", "072820.718000", "072825.718000", "072825.718000", "072825.718000", "072825.718000", "072825.718000", "072830.718000", "072830.718000", "072830.718000", "072830.734000", "072835.718000", "072835.718000", "072835.718000", "072840.718000", "072840.718000", "072840.718000", "072840.718000", "072845.718000", "072845.718000", "072845.718000", "072845.718000", "072850.718000", "072850.718000", "072850.718000", "072850.718000", "072855.718000", "072855.718000", "072855.718000", "072855.734000", "072900.718000", "072900.718000", "072900.718000", "072900.718000", "072905.718000", "072905.718000", "072905.718000", "072905.718000", "072910.718000", "072910.718000", "072910.718000", "072915.718000", "072915.718000", "072915.718000", "072915.718000", "072920.718000", "072920.718000", "072920.718000", "072920.718000", "072925.718000", "072925.718000", "072925.718000", "072925.718000", "072930.718000", "072930.718000", "072930.718000", "072930.718000", "072935.718000", "072935.718000", "072935.718000", "072935.718000", "072940.718000", "072940.718000", "072940.718000", "072940.718000", "072945.718000", "072945.718000", "072945.718000", "072945.718000", "072950.718000", "072950.718000", "072950.718000", "072950.718000", "072955.718000", "072955.718000", "072955.718000", "072955.718000", "073000.718000", "073000.718000", "073000.718000", "073000.718000", "073005.718000", "073005.718000", "073005.718000", "073005.718000", "073010.718000", "073010.718000", "073010.718000", "073010.734000", "073015.718000", "073015.718000", "073015.718000", "073015.718000", "073020.718000", "073020.718000", "073020.718000", "073020.718000", "073025.718000", "073025.718000", "073025.718000", "073025.718000", "073030.718000", "073030.718000", "073030.718000", "073030.718000", "073035.718000", "073035.718000", "073035.718000", "073035.718000", "073040.718000", "073040.718000", "073040.718000", "073040.718000", "073045.718000", "073045.718000", "073045.734000", "073045.734000", "073050.718000", "073050.718000", "073050.718000", "073050.718000", "073055.718000", "073055.718000", "073055.718000", "073055.718000", "073100.718000", "073100.718000", "073100.718000", "073100.718000", "073105.718000", "073105.718000", "073105.718000", "073105.718000", "073110.718000", "073110.718000", "073110.718000", "073110.718000", "073115.718000", "073115.718000", "073115.718000", "073115.718000", "073120.718000", "073120.718000", "073120.718000", "073120.718000", "073125.718000", "073125.718000", "073125.718000", "073125.718000", "073130.718000", "073130.718000", "073130.718000", "073130.718000", "073135.718000", "073135.718000", "073135.718000", "073135.734000", "073140.718000", "073140.718000", "073140.718000", "073140.734000", "073145.718000", "073145.718000", "073145.718000", "073145.718000", "073150.718000", "073150.718000", "073150.718000", "073150.718000", "073155.718000", "073155.718000", "073155.718000", "073155.718000", "073200.718000", "073200.718000", "073200.718000", "073200.718000", "073205.718000", "073205.718000", "073205.718000", "073205.734000", "073210.718000", "073210.718000", "073210.718000", "073210.718000", "073215.718000", "073215.718000", "073215.718000", "073215.718000", "073215.718000", "073220.718000", "073220.718000", "073220.718000", "073220.718000", "073225.718000", "073225.718000", "073225.718000", "073225.718000", "073225.718000", "073230.718000", "073230.718000", "073230.718000", "073235.718000", "073235.718000", "073235.734000", "073235.734000", "073240.718000", "073240.718000", "073240.734000", "073240.734000", "073245.718000", "073245.718000", "073245.718000", "073245.718000", "073245.734000", "073250.718000", "073250.718000", "073250.718000", "073250.718000", "073255.718000", "073255.718000", "073255.718000", "073255.718000", "073300.718000", "073300.718000", "073300.734000", "073300.734000", "073305.718000", "073305.718000", "073305.718000", "073305.734000", "073310.718000", "073310.718000", "073310.718000", "073310.718000", "073315.718000", "073315.718000", "073315.718000", "073315.718000", "073320.718000", "073320.718000", "073320.734000", "073320.734000", "073325.718000", "073325.718000", "073325.718000", "073325.718000", "073330.718000", "073330.718000", "073330.718000", "073330.734000", "073335.718000", "073335.718000", "073335.718000", "073335.718000", "073340.718000", "073340.718000", "073340.718000", "073345.718000", "073345.718000", "073345.718000", "073345.718000", "073345.718000", "073350.718000", "073350.718000", "073350.718000", "073350.718000", "073355.718000", "073355.718000", "073355.718000", "073355.718000", "073400.718000", "073400.718000", "073400.718000", "073400.718000", "073405.718000", "073405.718000", "073405.718000", "073405.718000", "073410.718000", "073410.718000", "073410.718000", "073410.718000", "073415.718000", "073415.718000", "073415.718000", "073415.718000", "073420.718000", "073420.718000", "073420.718000", "073420.734000", "073425.718000", "073425.718000", "073425.718000", "073425.718000", "073430.718000", "073430.718000", "073430.718000", "073430.718000", "073435.718000", "073435.718000", "073435.718000", "073440.718000", "073440.718000", "073440.718000", "073440.734000", "073440.734000", "073445.718000", "073445.718000", "073445.718000", "073445.718000", "073450.718000", "073450.734000", "073450.734000", "073450.734000", "073455.718000", "073455.718000", "073455.734000", "073455.750000", "073500.718000", "073500.718000", "073500.718000", "073500.718000", "073505.718000", "073505.718000", "073505.718000", "073505.718000", "073510.718000", "073510.718000", "073510.718000", "073510.718000", "073515.718000", "073515.718000", "073515.718000", "073515.718000", "073520.718000", "073520.718000", "073520.718000", "073520.718000", "073525.718000", "073525.718000", "073525.718000", "073525.718000", "073530.718000", "073530.718000", "073530.718000", "073530.718000", "073535.718000", "073535.718000", "073535.718000", "073535.718000", "073540.718000", "073540.718000", "073540.734000", "073545.718000", "073545.718000", "073545.718000", "073545.718000", "073550.718000", "073550.734000", "073550.734000", "073550.734000", "073555.718000", "073555.734000", "073555.734000", "073555.734000", "073600.718000", "073600.718000", "073600.718000", "073600.734000", "073605.718000", "073605.718000", "073605.718000", "073605.718000", "073605.718000", "073610.718000", "073610.718000", "073610.718000", "073610.718000", "073615.718000", "073615.718000", "073615.718000", "073615.734000", "073620.718000", "073620.718000", "073620.718000", "073620.718000", "073625.718000", "073625.718000", "073625.718000", "073625.718000", "073630.718000", "073630.718000", "073630.718000", "073630.718000", "073635.718000", "073635.718000", "073635.718000", "073635.718000", "073640.718000", "073640.718000", "073640.718000", "073640.734000", "073645.718000", "073645.718000", "073645.718000", "073645.718000", "073650.718000", "073650.718000", "073650.734000", "073650.734000", "073655.718000", "073655.718000", "073655.718000", "073655.734000", "073700.718000", "073700.718000", "073700.718000", "073700.718000", "073705.718000", "073705.718000", "073705.718000", "073705.718000", "073710.718000", "073710.718000", "073710.718000", "073710.734000", "073715.718000", "073715.718000", "073715.718000", "073715.718000", "073715.718000", "073720.718000", "073720.718000", "073720.718000", "073720.718000", "073725.718000", "073725.718000", "073725.718000", "073725.718000", "073730.718000", "073730.718000", "073730.718000", "073730.734000", "073735.718000", "073735.718000", "073735.718000", "073735.718000", "073740.718000", "073740.718000", "073740.718000", "073740.718000", "073745.718000", "073745.718000", "073745.718000", "073745.718000", "073750.718000", "073750.718000", "073750.718000", "073750.734000", "073750.734000", "073755.718000", "073755.718000", "073755.718000", "073755.718000", "073800.718000", "073800.718000", "073800.718000", "073800.718000", "073805.718000", "073805.718000", "073805.718000", "073805.718000", "073805.718000", "073810.718000", "073810.718000", "073810.718000", "073810.718000", "073815.718000", "073815.718000", "073815.718000", "073815.718000", "073820.718000", "073820.718000", "073820.718000", "073820.718000", "073820.718000", "073825.718000", "073825.718000", "073825.718000", "073825.718000", "073830.718000", "073830.718000", "073830.718000", "073830.734000", "073832.640000", "073832.640000", "073832.640000"], "InstanceNumber": [1, 2, 3, 4, 5, 6, 7, 8, 9, 10, 11, 12, 13, 14, 15, 16, 17, 18, 19, 20, 21, 22, 23, 24, 25, 26, 27, 28, 29, 30, 31, 32, 33, 34, 35, 36, 37, 38, 39, 40, 41, 42, 43, 44, 45, 46, 47, 48, 49, 50, 51, 52, 53, 54, 55, 56, 57, 58, 59, 60, 61, 62, 63, 64, 65, 66, 67, 68, 69, 70, 71, 72, 73, 74, 75, 76, 77, 78, 79, 80, 81, 82, 83, 84, 85, 86, 87, 88, 89, 90, 91, 92, 93, 94, 95, 96, 97, 98, 99, 100, 101, 102, 103, 104, 105, 106, 107, 108, 109, 110, 111, 112, 113, 114, 115, 116, 117, 118, 119, 120, 121, 122, 123, 124, 125, 126, 127, 128, 129, 130, 131, 132, 133, 134, 135, 136, 137, 138, 139, 140, 141, 142, 143, 144, 145, 146, 147, 148, 149, 150, 151, 152, 153, 154, 155, 156, 157, 158, 159, 160, 161, 162, 163, 164, 165, 166, 167, 168, 169, 170, 171, 172, 173, 174, 175, 176, 177, 178, 179, 180, 181, 182, 183, 184, 185, 186, 187, 188, 189, 190, 191, 192, 193, 194, 195, 196, 197, 198, 199, 200, 201, 202, 203, 204, 205, 206, 207, 208, 209, 210, 211, 212, 213, 214, 215, 216, 217, 218, 219, 220, 221, 222, 223, 224, 225, 226, 227, 228, 229, 230, 231, 232, 233, 234, 235, 236, 237, 238, 239, 240, 241, 242, 243, 244, 245, 246, 247, 248, 249, 250, 251, 252, 253, 254, 255, 256, 257, 258, 259, 260, 261, 262, 263, 264, 265, 266, 267, 268, 269, 270, 271, 272, 273, 274, 275, 276, 277, 278, 279, 280, 281, 282, 283, 284, 285, 286, 287, 288, 289, 290, 291, 292, 293, 294, 295, 296, 297, 298, 299, 300, 301, 302, 303, 304, 305, 306, 307, 308, 309, 310, 311, 312, 313, 314, 315, 316, 317, 318, 319, 320, 321, 322, 323, 324, 325, 326, 327, 328, 329, 330, 331, 332, 333, 334, 335, 336, 337, 338, 339, 340, 341, 342, 343, 344, 345, 346, 347, 348, 349, 350, 351, 352, 353, 354, 355, 356, 357, 358, 359, 360, 361, 362, 363, 364, 365, 366, 367, 368, 369, 370, 371, 372, 373, 374, 375, 376, 377, 378, 379, 380, 381, 382, 383, 384, 385, 386, 387, 388, 389, 390, 391, 392, 393, 394, 395, 396, 397, 398, 399, 400, 401, 402, 403, 404, 405, 406, 407, 408, 409, 410, 411, 412, 413, 414, 415, 416, 417, 418, 419, 420, 421, 422, 423, 424, 425, 426, 427, 428, 429, 430, 431, 432, 433, 434, 435, 436, 437, 438, 439, 440, 441, 442, 443, 444, 445, 446, 447, 448, 449, 450, 451, 452, 453, 454, 455, 456, 457, 458, 459, 460, 461, 462, 463, 464, 465, 466, 467, 468, 469, 470, 471, 472, 473, 474, 475, 476, 477, 478, 479, 480, 481, 482, 483, 484, 485, 486, 487, 488, 489, 490, 491, 492, 493, 494, 495, 496, 497, 498, 499, 500, 501, 502, 503, 504, 505, 506, 507, 508, 509, 510, 511, 512, 513, 514, 515, 516, 517, 518], "LargestImagePixelValue": [22284, 22071, 21751, 21742, 21811, 21891, 21803, 21739, 21741, 21786, 21764, 21779, 21683, 21644, 21602, 21878, 22902, 21603, 21886, 21925, 24334, 21470, 22714, 21553, 22996, 24246, 21788, 21897, 23992, 23472, 21846, 23000, 21053, 21397, 21256, 23683, 21483, 22616, 21620, 21580, 21622, 22050, 21707, 21693, 23664, 21747, 21749, 21718, 21539, 24466, 21506, 21678, 21715, 21789, 21904, 21862, 22086, 21837, 21958, 21928, 21943, 21825, 21742, 21879, 21808, 21888, 22036, 21854, 21765, 21872, 21700, 21887, 21691, 22751, 21775, 21620, 21750, 21776, 21745, 22051, 21884, 22267, 21772, 21752, 21890, 21704, 22044, 21615, 21779, 21820, 22855, 21804, 23166, 21779, 21660, 21706, 21597, 21806, 21556, 21968, 21607, 22236, 21790, 21648, 21829, 22403, 21681, 21656, 21658, 22107, 21885, 21763, 21742, 21507, 21952, 24157, 21665, 21911, 21633, 23542, 21664, 24799, 21710, 21833, 21623, 21675, 21496, 21477, 21666, 21640, 21464, 21641, 21656, 22166, 21747, 22472, 25694, 21262, 21400, 21677, 21341, 21501, 21515, 21680, 21698, 21519, 21910, 21623, 21533, 21782, 22390, 21637, 23062, 22418, 21562, 23096, 21744, 21420, 22387, 23856, 21611, 23599, 21624, 24751, 21550, 22247, 21634, 23871, 21613, 21578, 21620, 23006, 21620, 23152, 21576, 21519, 21769, 22614, 21536, 21466, 21431, 21558, 21577, 22326, 21579, 22242, 21494, 25303, 21734, 21675, 22095, 21863, 21575, 21509, 23036, 21602, 23723, 21547, 21759, 21558, 21669, 21513, 21767, 21924, 21589, 21568, 21715, 21775, 21663, 21580, 22512, 21400, 21432, 21832, 21782, 21475, 21492, 21494, 21619, 21585, 21781, 21326, 21318, 21452, 21489, 22478, 21612, 21765, 21933, 21499, 21257, 21611, 21411, 21379, 24634, 21430, 22087, 21542, 21141, 21414, 21592, 21460, 21464, 21384, 21434, 21386, 21489, 21437, 21705, 21428, 21412, 21666, 21430, 21557, 22187, 21739, 22805, 21503, 21483, 24560, 21629, 23933, 21401, 21254, 21393, 21704, 21553, 21639, 21482, 21672, 21643, 21411, 21574, 21370, 24204, 21327, 21345, 22139, 21288, 22497, 21127, 21453, 21334, 25019, 21865, 21275, 21182, 21237, 25492, 22519, 21210, 21794, 21271, 21294, 24964, 21424, 21254, 21329, 21277, 26430, 21509, 21105, 21277, 21265, 21401, 21401, 22731, 21133, 22184, 21297, 21231, 21506, 21409, 21667, 21467, 24280, 21480, 22005, 21461, 21276, 22016, 21499, 21444, 21454, 21331, 21638, 21306, 21690, 21504, 21373, 21282, 21514, 21432, 21563, 21526, 21278, 21912, 25427, 21425, 23713, 21427, 24102, 21503, 22562, 21448, 23556, 21472, 22010, 21248, 23017, 21387, 22998, 21302, 21399, 21411, 21234, 21404, 21615, 21204, 21972, 21217, 21671, 21279, 22712, 21778, 22118, 21477, 21273, 21389, 21445, 21404, 21348, 21301, 22325, 21761, 21411, 21140, 25297, 21260, 21251, 21694, 24393, 21484, 21273, 23898, 21367, 23965, 21178, 21197, 21402, 21329, 21399, 21386, 21331, 21293, 21421, 21416, 22690, 26351, 21405, 21729, 21268, 21493, 22393, 21625, 21218, 21378, 21321, 21431, 21414, 21211, 21319, 21424, 21589, 22022, 21210, 23517, 21241, 21510, 21420, 23775, 21411, 23143, 21417, 23615, 21362, 21219, 21262, 21224, 21344, 22806, 21361, 21610, 21229, 21427, 21559, 21280, 21392, 21364, 21218, 21154, 21448, 21377, 21544, 21204, 21329, 21321, 23063, 21507, 22343, 21374, 21190, 21196, 21437, 21460, 21338, 21377, 21293, 21190, 23233, 21390, 21580, 21516, 22273, 21231, 21481, 21989, 21272, 21399, 25823, 21455, 24278, 21568, 21361, 21323, 21346, 21132, 21436, 23506, 21416, 22138, 21843, 21730, 21554, 21564, 21629, 21587, 21572, 21506, 21715, 21935, 21501, 21733, 21496, 21805, 21699, 24510, 21370, 21444, 21489, 21523, 21594, 22301, 21082, 24453, 21426, 23905, 22145, 21769, 21424, 21509, 21366, 22386, 21791, 22791, 21653, 21548, 21621], "WindowCenter": [9485.0, 9468.0, 9473.0, 9480.0, 9458.0, 9472.0, 9480.0, 9485.0, 9483.0, 9479.0, 9465.0, 9455.0, 9478.0, 9467.0, 9465.0, 9478.0, 9475.0, 9465.0, 9467.0, 9481.0, 9486.0, 9487.0, 9514.0, 9503.0, 9509.0, 9532.0, 9495.0, 9492.0, 9504.0, 9502.0, 9474.0, 9478.0, 9471.0, 9453.0, 9455.0, 9474.0, 9450.0, 9463.0, 9468.0, 9457.0, 9467.0, 9458.0, 9456.0, 9436.0, 9443.0, 9447.0, 9443.0, 9442.0, 9427.0, 9457.0, 9428.0, 9436.0, 9447.0, 9444.0, 9436.0, 9448.0, 9463.0, 9457.0, 9462.0, 9467.0, 9460.0, 9478.0, 9457.0, 9473.0, 9484.0, 9451.0, 9472.0, 9462.0, 9457.0, 9479.0, 9466.0, 9460.0, 9462.0, 9466.0, 9462.0, 9464.0, 9466.0, 9461.0, 9462.0, 9462.0, 9477.0, 9465.0, 9471.0, 9457.0, 9451.0, 9471.0, 9467.0, 9470.0, 9475.0, 9475.0, 9459.0, 9453.0, 9463.0, 9450.0, 9461.0, 9450.0, 9455.0, 9451.0, 9467.0, 9462.0, 9466.0, 9459.0, 9452.0, 9453.0, 9464.0, 9472.0, 9459.0, 9466.0, 9459.0, 9459.0, 9453.0, 9449.0, 9443.0, 9438.0, 9446.0, 9464.0, 9453.0, 9450.0, 9454.0, 9474.0, 9450.0, 9459.0, 9429.0, 9448.0, 9449.0, 9463.0, 9444.0, 9431.0, 9424.0, 9444.0, 9468.0, 9467.0, 9467.0, 9463.0, 9462.0, 9476.0, 9506.0, 9460.0, 9470.0, 9443.0, 9438.0, 9423.0, 9435.0, 9415.0, 9435.0, 9426.0, 9446.0, 9446.0, 9436.0, 9433.0, 9440.0, 9438.0, 9455.0, 9434.0, 9446.0, 9437.0, 9445.0, 9454.0, 9458.0, 9466.0, 9436.0, 9445.0, 9449.0, 9463.0, 9438.0, 9454.0, 9444.0, 9444.0, 9443.0, 9438.0, 9448.0, 9448.0, 9443.0, 9452.0, 9440.0, 9441.0, 9445.0, 9435.0, 9428.0, 9425.0, 9463.0, 9475.0, 9457.0, 9445.0, 9436.0, 9445.0, 9444.0, 9458.0, 9433.0, 9432.0, 9417.0, 9420.0, 9434.0, 9423.0, 9432.0, 9436.0, 9450.0, 9435.0, 9436.0, 9441.0, 9453.0, 9440.0, 9446.0, 9451.0, 9445.0, 9449.0, 9445.0, 9436.0, 9444.0, 9443.0, 9448.0, 9434.0, 9443.0, 9425.0, 9435.0, 9423.0, 9435.0, 9430.0, 9426.0, 9432.0, 9430.0, 9433.0, 9449.0, 9436.0, 9437.0, 9435.0, 9440.0, 9439.0, 9438.0, 9435.0, 9418.0, 9436.0, 9431.0, 9429.0, 9447.0, 9427.0, 9419.0, 9418.0, 9420.0, 9429.0, 9427.0, 9417.0, 9409.0, 9420.0, 9426.0, 9411.0, 9401.0, 9416.0, 9419.0, 9420.0, 9430.0, 9420.0, 9412.0, 9429.0, 9453.0, 9427.0, 9431.0, 9434.0, 9421.0, 9436.0, 9413.0, 9434.0, 9424.0, 9440.0, 9424.0, 9438.0, 9432.0, 9426.0, 9447.0, 9452.0, 9427.0, 9426.0, 9426.0, 9418.0, 9435.0, 9414.0, 9405.0, 9415.0, 9413.0, 9419.0, 9414.0, 9413.0, 9411.0, 9451.0, 9409.0, 9416.0, 9416.0, 9426.0, 9443.0, 9415.0, 9403.0, 9404.0, 9433.0, 9429.0, 9454.0, 9426.0, 9423.0, 9440.0, 9422.0, 9446.0, 9418.0, 9415.0, 9422.0, 9414.0, 9432.0, 9413.0, 9420.0, 9411.0, 9428.0, 9420.0, 9399.0, 9414.0, 9427.0, 9434.0, 9443.0, 9451.0, 9424.0, 9411.0, 9410.0, 9417.0, 9409.0, 9396.0, 9405.0, 9416.0, 9425.0, 9420.0, 9418.0, 9427.0, 9415.0, 9422.0, 9418.0, 9419.0, 9419.0, 9411.0, 9417.0, 9427.0, 9432.0, 9447.0, 9414.0, 9429.0, 9424.0, 9427.0, 9430.0, 9434.0, 9424.0, 9446.0, 9412.0, 9419.0, 9417.0, 9407.0, 9403.0, 9417.0, 9404.0, 9406.0, 9415.0, 9406.0, 9416.0, 9407.0, 9409.0, 9418.0, 9408.0, 9416.0, 9412.0, 9425.0, 9407.0, 9412.0, 9423.0, 9407.0, 9393.0, 9399.0, 9409.0, 9417.0, 9416.0, 9420.0, 9415.0, 9409.0, 9419.0, 9447.0, 9429.0, 9419.0, 9420.0, 9431.0, 9414.0, 9407.0, 9421.0, 9397.0, 9414.0, 9401.0, 9417.0, 9428.0, 9416.0, 9422.0, 9404.0, 9413.0, 9423.0, 9424.0, 9407.0, 9418.0, 9428.0, 9403.0, 9414.0, 9409.0, 9400.0, 9417.0, 9414.0, 9409.0, 9421.0, 9406.0, 9396.0, 9404.0, 9395.0, 9409.0, 9413.0, 9414.0, 9418.0, 9409.0, 9430.0, 9414.0, 9414.0, 9413.0, 9424.0, 9413.0, 9416.0, 9414.0, 9427.0, 9413.0, 9408.0, 9408.0, 9417.0, 9406.0, 9417.0, 9421.0, 9399.0, 9415.0, 9413.0, 9424.0, 9419.0, 9413.0, 9417.0, 9421.0, 9424.0, 9417.0, 9416.0, 9407.0, 9397.0, 9414.0, 9425.0, 9425.0, 9402.0, 9402.0, 9404.0, 9410.0, 9409.0, 9404.0, 9393.0, 9408.0, 9396.0, 9401.0, 9397.0, 9413.0, 9397.0, 9412.0, 9412.0, 9426.0, 9427.0, 9429.0, 9420.0, 9396.0, 9412.0, 9435.0, 9407.0, 9428.0, 9404.0, 9392.0, 9409.0, 9395.0, 9408.0, 9394.0, 9408.0, 9403.0, 9411.0, 9399.0, 9422.0, 9420.0, 9417.0, 9419.0, 9405.0, 9403.0, 9421.0, 9422.0, 9415.0, 9408.0, 9420.0, 9414.0, 9423.0, 9419.0, 9424.0, 9400.0, 9402.0, 9423.0, 9414.0, 9402.0, 9402.0, 9403.0, 9411.0, 9389.0, 9411.0, 9399.0, 9394.0, 9392.0, 9393.0, 9412.0, 9403.0, 9409.0, 9417.0, 9408.0, 9410.0, 9405.0], "WindowWidth": [20006.0, 19971.0, 19975.0, 19990.0, 19948.0, 19972.0, 19992.0, 20001.0, 19997.0, 19991.0, 19962.0, 19942.0, 19983.0, 19962.0, 19960.0, 19985.0, 19977.0, 19960.0, 19965.0, 19992.0, 19999.0, 20003.0, 20073.0, 20039.0, 20059.0, 20098.0, 20023.0, 20012.0, 20052.0, 20035.0, 19976.0, 19981.0, 19967.0, 19929.0, 19930.0, 19965.0, 19926.0, 19952.0, 19956.0, 19937.0, 19957.0, 19940.0, 19934.0, 19895.0, 19907.0, 19916.0, 19905.0, 19899.0, 19876.0, 19926.0, 19873.0, 19891.0, 19911.0, 19905.0, 19894.0, 19920.0, 19952.0, 19938.0, 19951.0, 19959.0, 19946.0, 19983.0, 19944.0, 19973.0, 19993.0, 19933.0, 19967.0, 19953.0, 19943.0, 19983.0, 19958.0, 19947.0, 19947.0, 19954.0, 19945.0, 19954.0, 19961.0, 19947.0, 19952.0, 19953.0, 19980.0, 19957.0, 19967.0, 19941.0, 19928.0, 19967.0, 19963.0, 19968.0, 19977.0, 19973.0, 19941.0, 19933.0, 19947.0, 19927.0, 19948.0, 19928.0, 19934.0, 19927.0, 19959.0, 19947.0, 19953.0, 19941.0, 19926.0, 19927.0, 19954.0, 19971.0, 19946.0, 19961.0, 19946.0, 19942.0, 19933.0, 19923.0, 19913.0, 19904.0, 19917.0, 19944.0, 19932.0, 19925.0, 19933.0, 19969.0, 19925.0, 19938.0, 19887.0, 19920.0, 19923.0, 19948.0, 19910.0, 19887.0, 19876.0, 19913.0, 19959.0, 19959.0, 19957.0, 19949.0, 19942.0, 19986.0, 20038.0, 19944.0, 19965.0, 19908.0, 19894.0, 19866.0, 19887.0, 19852.0, 19889.0, 19873.0, 19911.0, 19913.0, 19890.0, 19888.0, 19899.0, 19897.0, 19929.0, 19891.0, 19911.0, 19896.0, 19913.0, 19929.0, 19936.0, 19950.0, 19893.0, 19905.0, 19917.0, 19939.0, 19894.0, 19927.0, 19907.0, 19910.0, 19905.0, 19898.0, 19917.0, 19914.0, 19904.0, 19924.0, 19899.0, 19901.0, 19907.0, 19888.0, 19877.0, 19872.0, 19946.0, 19970.0, 19935.0, 19912.0, 19892.0, 19909.0, 19908.0, 19928.0, 19882.0, 19879.0, 19855.0, 19856.0, 19884.0, 19865.0, 19879.0, 19889.0, 19919.0, 19892.0, 19897.0, 19905.0, 19924.0, 19901.0, 19916.0, 19923.0, 19915.0, 19923.0, 19911.0, 19896.0, 19909.0, 19906.0, 19917.0, 19892.0, 19907.0, 19873.0, 19887.0, 19867.0, 19891.0, 19878.0, 19870.0, 19882.0, 19880.0, 19889.0, 19919.0, 19896.0, 19893.0, 19887.0, 19897.0, 19896.0, 19893.0, 19889.0, 19856.0, 19893.0, 19881.0, 19878.0, 19907.0, 19871.0, 19858.0, 19852.0, 19859.0, 19876.0, 19870.0, 19851.0, 19834.0, 19854.0, 19866.0, 19836.0, 19821.0, 19851.0, 19855.0, 19857.0, 19879.0, 19858.0, 19844.0, 19875.0, 19926.0, 19875.0, 19879.0, 19885.0, 19857.0, 19882.0, 19845.0, 19882.0, 19869.0, 19903.0, 19873.0, 19893.0, 19885.0, 19874.0, 19912.0, 19923.0, 19877.0, 19872.0, 19870.0, 19854.0, 19882.0, 19846.0, 19827.0, 19844.0, 19844.0, 19853.0, 19847.0, 19846.0, 19840.0, 19910.0, 19840.0, 19849.0, 19853.0, 19869.0, 19894.0, 19845.0, 19820.0, 19825.0, 19884.0, 19874.0, 19920.0, 19870.0, 19863.0, 19896.0, 19863.0, 19904.0, 19852.0, 19845.0, 19862.0, 19846.0, 19877.0, 19841.0, 19851.0, 19838.0, 19871.0, 19854.0, 19813.0, 19841.0, 19869.0, 19891.0, 19906.0, 19919.0, 19873.0, 19841.0, 19837.0, 19847.0, 19831.0, 19812.0, 19823.0, 19847.0, 19865.0, 19859.0, 19853.0, 19873.0, 19848.0, 19861.0, 19854.0, 19853.0, 19851.0, 19841.0, 19851.0, 19872.0, 19883.0, 19905.0, 19851.0, 19870.0, 19866.0, 19871.0, 19877.0, 19881.0, 19870.0, 19901.0, 19843.0, 19857.0, 19850.0, 19831.0, 19824.0, 19846.0, 19825.0, 19828.0, 19842.0, 19826.0, 19852.0, 19832.0, 19834.0, 19851.0, 19832.0, 19845.0, 19841.0, 19864.0, 19829.0, 19840.0, 19858.0, 19828.0, 19805.0, 19813.0, 19832.0, 19851.0, 19849.0, 19853.0, 19850.0, 19833.0, 19854.0, 19906.0, 19876.0, 19858.0, 19861.0, 19872.0, 19843.0, 19830.0, 19852.0, 19810.0, 19841.0, 19818.0, 19852.0, 19874.0, 19850.0, 19861.0, 19824.0, 19840.0, 19861.0, 19861.0, 19828.0, 19850.0, 19860.0, 19818.0, 19842.0, 19835.0, 19816.0, 19849.0, 19842.0, 19833.0, 19855.0, 19827.0, 19809.0, 19822.0, 19807.0, 19836.0, 19841.0, 19844.0, 19847.0, 19832.0, 19870.0, 19844.0, 19840.0, 19841.0, 19859.0, 19842.0, 19847.0, 19840.0, 19862.0, 19841.0, 19829.0, 19832.0, 19850.0, 19826.0, 19847.0, 19857.0, 19818.0, 19846.0, 19844.0, 19863.0, 19853.0, 19842.0, 19847.0, 19856.0, 19865.0, 19850.0, 19847.0, 19831.0, 19813.0, 19844.0, 19866.0, 19862.0, 19824.0, 19819.0, 19820.0, 19832.0, 19833.0, 19821.0, 19802.0, 19831.0, 19808.0, 19816.0, 19810.0, 19834.0, 19808.0, 19839.0, 19844.0, 19866.0, 19874.0, 19873.0, 19853.0, 19810.0, 19840.0, 19877.0, 19825.0, 19864.0, 19823.0, 19800.0, 19833.0, 19804.0, 19829.0, 19803.0, 19826.0, 19823.0, 19832.0, 19813.0, 19859.0, 19854.0, 19850.0, 19855.0, 19824.0, 19825.0, 19858.0, 19861.0, 19847.0, 19833.0, 19854.0, 19848.0, 19860.0, 19855.0, 19855.0, 19813.0, 19820.0, 19858.0, 19840.0, 19818.0, 19815.0, 19817.0, 19829.0, 19789.0, 19827.0, 19812.0, 19800.0, 19800.0, 19804.0, 19836.0, 19818.0, 19834.0, 19850.0, 19830.0, 19834.0, 19822.0]}, "slices": {}}}