{"AcquisitionMatrixPE": 96, "AcquisitionNumber": 1, "AcquisitionTime": "07:54:43.632500", "BandwidthPerPixelPhaseEncode": 33.602, "BaseResolution": 96, "BodyPartExamined": "BRAIN", "ConsistencyInfo": "N4_VD11D_LATEST_20110129", "ConversionSoftware": "dcm2niix", "ConversionSoftwareVersion": "v1.0.20210317", "DerivedVendorReportedEchoSpacing": 0.000620003, "DeviceSerialNumber": "45239", "DwellTime": 2.6e-06, "EchoTime": 0.03, "EchoTrainLength": 48, "EffectiveEchoSpacing": 0.000310001, "FlipAngle": 63, "ImageComments": "Unaliased MB4/PE3", "ImageOrientationPatientDICOM": [0.99865, 0.0075462, 0.05139, 0.0218828, 0.836173, -0.548029], "ImageType": ["ORIGINAL", "PRIMARY", "M", "ND", "NORM", "MOSAIC"], "ImagingFrequency": 123.193, "InPlanePhaseEncodingDirectionDICOM": "COL", "InstitutionAddress": "E 24th St. 100,Austin,Southmiddle,US,78712", "InstitutionName": "Univ of Texas at Austin", "InstitutionalDepartmentName": "IRC", "MRAcquisitionType": "2D", "MagneticFieldStrength": 3, "Manufacturer": "Siemens", "ManufacturersModelName": "Skyra", "Modality": "MR", "MultibandAccelerationFactor": 4, "ParallelReductionFactorInPlane": 2, "PartialFourier": 1, "PatientPosition": "HFS", "PercentPhaseFOV": 100, "PercentSampling": 100, "PhaseEncodingDirection": "j-", "PhaseEncodingSteps": 96, "PhaseResolution": 1, "PixelBandwidth": 2005, "ProcedureStepDescription": "Poldrack2^self-scanning", "ProtocolName": "N Back fMRI MBEPI_matrix96_BW2004", "PulseSequenceDetails": "%CustomerSeq%\\cmrr_mbep2d_bold", "ReceiveCoilActiveElements": "HEA;HEP", "ReceiveCoilName": "Head_32", "ReconMatrixPE": 96, "RefLinesPE": 94, "RepetitionTime": 1.16, "SAR": 0.106833, "ScanOptions": "FS", "ScanningSequence": "EP", "SequenceName": "epfid2d1_96", "SequenceVariant": "SK", "SeriesDescription": "N Back fMRI MBEPI_matrix96_BW2004", "SeriesNumber": 16, "ShimSetting": [-2776, 8043, -15460, 146, -239, 68, 258, -123], "SliceThickness": 2, "SliceTiming": [0, 0.615, 0.07, 0.6825, 0.1375, 0.7525, 0.205, 0.82, 0.275, 0.8875, 0.3425, 0.955, 0.41, 1.025, 0.4775, 1.0925, 0.5475, 0, 0.615, 0.07, 0.6825, 0.1375, 0.7525, 0.205, 0.82, 0.275, 0.8875, 0.3425, 0.955, 0.41, 1.025, 0.4775, 1.0925, 0.5475, 0, 0.615, 0.07, 0.6825, 0.1375, 0.7525, 0.205, 0.82, 0.275, 0.8875, 0.3425, 0.955, 0.41, 1.025, 0.4775, 1.0925, 0.5475, 0, 0.615, 0.07, 0.6825, 0.1375, 0.7525, 0.205, 0.82, 0.275, 0.8875, 0.3425, 0.955, 0.41, 1.025, 0.4775, 1.0925, 0.5475], "SoftwareVersions": "syngo MR D11", "SpacingBetweenSlices": 2.4, "StationName": "AWP45239", "TaskName": "N-back task", "TotalReadoutTime": 0.0294501, "TxRefAmp": 346.21, "WipMemBlock": "d6a3961f-f525-44da-9f9b-5a3fcc893eef||Sequence: VD11D r154; May 23 2012 22:27:19 by eja", "dcmmeta_affine": [[-2.39259934425354, 0.05242747440934181, 0.11305548995733261, 110.15347290039062], [-0.018079442903399467, 2.0033318996429443, -1.3161920309066772, -63.60396194458008], [0.12312179058790207, 1.3129849433898926, 2.0037107467651367, -103.43972778320312], [0.0, 0.0, 0.0, 1.0]], "dcmmeta_reorient_transform": [[0.0, -1.0, 0.0, 95.0], [1.0, 0.0, 0.0, 0.0], [0.0, 0.0, 1.0, 0.0], [0.0, 0.0, 0.0, 1.0]], "dcmmeta_shape": [96, 96, 68, 380], "dcmmeta_slice_dim": 2, "dcmmeta_version": 0.6, "global": {"const": {"AcquisitionMatrix": [96, 0, 0, 96], "AngioFlag": "N", "BitsAllocated": 16, "BitsStored": 16, "BodyPartExamined": "BRAIN", "Columns": 864, "EchoNumbers": 1, "EchoTime": 30.0, "EchoTrainLength": 48, "FlipAngle": 63.0, "HighBit": 15, "ImageOrientationPatient": [0.99865015202756, 0.00754620259302, 0.05138996674204, 0.0218827726656, 0.8361733538927, -0.5480285270862], "ImagePositionPatient": [-1054.0243398432, -902.93453789313, 478.20130519797], "ImageType": ["ORIGINAL", "PRIMARY", "M", "ND", "NORM", "MOSAIC"], "ImagedNucleus": "1H", "ImagingFrequency": 123.19336, "InPlanePhaseEncodingDirection": "COL", "MRAcquisitionType": "2D", "MagneticFieldStrength": 3.0, "Manufacturer": "SIEMENS", "ManufacturerModelName": "Skyra", "Modality": "MR", "NumberOfAverages": 1.0, "NumberOfPhaseEncodingSteps": 96, "PercentPhaseFieldOfView": 100.0, "PercentSampling": 100.0, "PerformedProcedureStepStartTime": "071121.718000", "PhotometricInterpretation": "MONOCHROME2", "PixelBandwidth": 2005.0, "PixelRepresentation": 0, "PixelSpacing": [2.3958332538605, 2.3958332538605], "ProtocolName": "N Back fMRI MBEPI_matrix96_BW2004", "RepetitionTime": 1160.0, "Rows": 864, "SAR": 0.10683299112422, "SamplesPerPixel": 1, "ScanOptions": "FS", "ScanningSequence": "EP", "SequenceName": "epfid2d1_96", "SequenceVariant": "SK", "SeriesDescription": "N Back fMRI MBEPI_matrix96_BW2004", "SeriesNumber": 16, "SeriesTime": "075545.750000", "SliceLocation": -46.289509744828, "SliceThickness": 2.0, "SmallestImagePixelValue": 0, "SoftwareVersions": "syngo MR D11", "SpacingBetweenSlices": 2.4000000167846, "SpecificCharacterSet": "ISO_IR 100", "StudyID": "1", "StudyTime": "071121.640000", "TransmitCoilName": "Body", "VariableFlipAngleFlag": "N", "WindowCenterWidthExplanation": "Algo1", "dBdt": 0.0}, "slices": {}}, "time": {"samples": {"AcquisitionNumber": [1, 2, 3, 4, 5, 6, 7, 8, 9, 10, 11, 12, 13, 14, 15, 16, 17, 18, 19, 20, 21, 22, 23, 24, 25, 26, 27, 28, 29, 30, 31, 32, 33, 34, 35, 36, 37, 38, 39, 40, 41, 42, 43, 44, 45, 46, 47, 48, 49, 50, 51, 52, 53, 54, 55, 56, 57, 58, 59, 60, 61, 62, 63, 64, 65, 66, 67, 68, 69, 70, 71, 72, 73, 74, 75, 76, 77, 78, 79, 80, 81, 82, 83, 84, 85, 86, 87, 88, 89, 90, 91, 92, 93, 94, 95, 96, 97, 98, 99, 100, 101, 102, 103, 104, 105, 106, 107, 108, 109, 110, 111, 112, 113, 114, 115, 116, 117, 118, 119, 120, 121, 122, 123, 124, 125, 126, 127, 128, 129, 130, 131, 132, 133, 134, 135, 136, 137, 138, 139, 140, 141, 142, 143, 144, 145, 146, 147, 148, 149, 150, 151, 152, 153, 154, 155, 156, 157, 158, 159, 160, 161, 162, 163, 164, 165, 166, 167, 168, 169, 170, 171, 172, 173, 174, 175, 176, 177, 178, 179, 180, 181, 182, 183, 184, 185, 186, 187, 188, 189, 190, 191, 192, 193, 194, 195, 196, 197, 198, 199, 200, 201, 202, 203, 204, 205, 206, 207, 208, 209, 210, 211, 212, 213, 214, 215, 216, 217, 218, 219, 220, 221, 222, 223, 224, 225, 226, 227, 228, 229, 230, 231, 232, 233, 234, 235, 236, 237, 238, 239, 240, 241, 242, 243, 244, 245, 246, 247, 248, 249, 250, 251, 252, 253, 254, 255, 256, 257, 258, 259, 260, 261, 262, 263, 264, 265, 266, 267, 268, 269, 270, 271, 272, 273, 274, 275, 276, 277, 278, 279, 280, 281, 282, 283, 284, 285, 286, 287, 288, 289, 290, 291, 292, 293, 294, 295, 296, 297, 298, 299, 300, 301, 302, 303, 304, 305, 306, 307, 308, 309, 310, 311, 312, 313, 314, 315, 316, 317, 318, 319, 320, 321, 322, 323, 324, 325, 326, 327, 328, 329, 330, 331, 332, 333, 334, 335, 336, 337, 338, 339, 340, 341, 342, 343, 344, 345, 346, 347, 348, 349, 350, 351, 352, 353, 354, 355, 356, 357, 358, 359, 360, 361, 362, 363, 364, 365, 366, 367, 368, 369, 370, 371, 372, 373, 374, 375, 376, 377, 378, 379, 380], "AcquisitionTime": ["075443.632500", "075512.630000", "075513.790000", "075514.950000", "075516.110000", "075517.270000", "075518.430000", "075519.590000", "075520.750000", "075521.910000", "075523.070000", "075524.230000", "075525.390000", "075526.550000", "075527.710000", "075528.870000", "075530.030000", "075531.190000", "075532.350000", "075533.510000", "075534.670000", "075535.830000", "075536.990000", "075538.150000", "075539.310000", "075540.470000", "075541.630000", "075542.790000", "075543.950000", "075545.110000", "075546.270000", "075547.430000", "075548.590000", "075549.750000", "075550.910000", "075552.070000", "075553.230000", "075554.390000", "075555.550000", "075556.710000", "075557.870000", "075559.030000", "075600.190000", "075601.350000", "075602.510000", "075603.670000", "075604.830000", "075605.990000", "075607.150000", "075608.310000", "075609.470000", "075610.630000", "075611.790000", "075612.950000", "075614.110000", "075615.270000", "075616.430000", "075617.590000", "075618.750000", "075619.910000", "075621.070000", "075622.230000", "075623.390000", "075624.550000", "075625.710000", "075626.870000", "075628.030000", "075629.190000", "075630.350000", "075631.510000", "075632.670000", "075633.830000", "075634.990000", "075636.150000", "075637.310000", "075638.470000", "075639.630000", "075640.790000", "075641.950000", "075643.110000", "075644.270000", "075645.430000", "075646.590000", "075647.750000", "075648.910000", "075650.070000", "075651.230000", "075652.390000", "075653.550000", "075654.710000", "075655.870000", "075657.030000", "075658.190000", "075659.350000", "075700.510000", "075701.670000", "075702.830000", "075703.990000", "075705.150000", "075706.310000", "075707.470000", "075708.630000", "075709.790000", "075710.950000", "075712.110000", "075713.270000", "075714.430000", "075715.590000", "075716.750000", "075717.910000", "075719.070000", "075720.230000", "075721.390000", "075722.550000", "075723.710000", "075724.870000", "075726.030000", "075727.190000", "075728.350000", "075729.510000", "075730.670000", "075731.830000", "075732.990000", "075734.150000", "075735.310000", "075736.470000", "075737.630000", "075738.790000", "075739.950000", "075741.110000", "075742.270000", "075743.430000", "075744.590000", "075745.750000", "075746.910000", "075748.070000", "075749.230000", "075750.390000", "075751.550000", "075752.710000", "075753.870000", "075755.030000", "075756.190000", "075757.350000", "075758.510000", "075759.670000", "075800.830000", "075801.990000", "075803.150000", "075804.310000", "075805.470000", "075806.630000", "075807.790000", "075808.950000", "075810.110000", "075811.270000", "075812.430000", "075813.590000", "075814.750000", "075815.910000", "075817.070000", "075818.230000", "075819.390000", "075820.550000", "075821.710000", "075822.870000", "075824.030000", "075825.190000", "075826.350000", "075827.510000", "075828.670000", "075829.830000", "075830.990000", "075832.150000", "075833.310000", "075834.470000", "075835.630000", "075836.790000", "075837.950000", "075839.110000", "075840.270000", "075841.430000", "075842.590000", "075843.750000", "075844.910000", "075846.070000", "075847.230000", "075848.390000", "075849.550000", "075850.710000", "075851.870000", "075853.030000", "075854.190000", "075855.350000", "075856.510000", "075857.670000", "075858.830000", "075859.990000", "075901.150000", "075902.310000", "075903.470000", "075904.630000", "075905.790000", "075906.950000", "075908.110000", "075909.270000", "075910.430000", "075911.590000", "075912.750000", "075913.910000", "075915.070000", "075916.230000", "075917.390000", "075918.550000", "075919.710000", "075920.870000", "075922.030000", "075923.190000", "075924.350000", "075925.510000", "075926.670000", "075927.830000", "075928.990000", "075930.150000", "075931.310000", "075932.470000", "075933.630000", "075934.790000", "075935.950000", "075937.110000", "075938.270000", "075939.430000", "075940.590000", "075941.750000", "075942.910000", "075944.070000", "075945.230000", "075946.390000", "075947.550000", "075948.710000", "075949.870000", "075951.030000", "075952.190000", "075953.350000", "075954.510000", "075955.670000", "075956.830000", "075957.990000", "075959.150000", "080000.310000", "080001.470000", "080002.630000", "080003.790000", "080004.950000", "080006.110000", "080007.270000", "080008.430000", "080009.590000", "080010.750000", "080011.910000", "080013.070000", "080014.230000", "080015.390000", "080016.550000", "080017.710000", "080018.870000", "080020.030000", "080021.190000", "080022.350000", "080023.510000", "080024.670000", "080025.830000", "080026.990000", "080028.150000", "080029.310000", "080030.470000", "080031.630000", "080032.790000", "080033.950000", "080035.110000", "080036.270000", "080037.430000", "080038.590000", "080039.750000", "080040.910000", "080042.070000", "080043.230000", "080044.390000", "080045.550000", "080046.710000", "080047.870000", "080049.030000", "080050.190000", "080051.350000", "080052.510000", "080053.670000", "080054.830000", "080055.990000", "080057.150000", "080058.310000", "080059.470000", "080100.630000", "080101.790000", "080102.950000", "080104.110000", "080105.270000", "080106.430000", "080107.590000", "080108.750000", "080109.910000", "080111.070000", "080112.230000", "080113.390000", "080114.550000", "080115.710000", "080116.870000", "080118.030000", "080119.190000", "080120.350000", "080121.510000", "080122.670000", "080123.830000", "080124.990000", "080126.150000", "080127.310000", "080128.470000", "080129.630000", "080130.790000", "080131.950000", "080133.110000", "080134.270000", "080135.430000", "080136.590000", "080137.750000", "080138.910000", "080140.070000", "080141.230000", "080142.390000", "080143.550000", "080144.710000", "080145.870000", "080147.030000", "080148.190000", "080149.350000", "080150.510000", "080151.670000", "080152.830000", "080153.990000", "080155.150000", "080156.310000", "080157.470000", "080158.630000", "080159.790000", "080200.950000", "080202.110000", "080203.270000", "080204.430000", "080205.590000", "080206.750000", "080207.910000", "080209.070000", "080210.230000", "080211.390000", "080212.550000", "080213.710000", "080214.870000", "080216.030000", "080217.190000", "080218.350000", "080219.510000", "080220.670000", "080221.830000", "080222.990000", "080224.150000", "080225.310000", "080226.470000", "080227.630000", "080228.790000", "080229.950000", "080231.110000"], "ContentTime": ["075545.750000", "075554.140000", "075554.140000", "075554.156000", "075554.156000", "075554.156000", "075559.140000", "075559.140000", "075559.156000", "075604.140000", "075604.140000", "075604.156000", "075609.140000", "075609.140000", "075614.140000", "075614.140000", "075614.156000", "075619.140000", "075619.140000", "075624.140000", "075624.140000", "075624.156000", "075629.140000", "075629.140000", "075634.140000", "075634.140000", "075634.156000", "075639.140000", "075639.156000", "075639.156000", "075644.140000", "075644.140000", "075649.140000", "075649.140000", "075649.156000", "075654.140000", "075654.140000", "075659.140000", "075659.140000", "075659.156000", "075704.140000", "075704.140000", "075709.140000", "075709.140000", "075709.156000", "075714.140000", "075714.140000", "075719.140000", "075719.140000", "075719.156000", "075724.140000", "075724.140000", "075724.156000", "075729.140000", "075729.140000", "075734.140000", "075734.140000", "075734.156000", "075739.140000", "075739.140000", "075744.140000", "075744.140000", "075744.156000", "075749.140000", "075749.140000", "075754.140000", "075754.140000", "075754.156000", "075759.140000", "075759.140000", "075759.156000", "075804.140000", "075804.140000", "075809.140000", "075809.140000", "075809.156000", "075814.140000", "075814.156000", "075819.140000", "075819.156000", "075819.156000", "075824.140000", "075824.140000", "075829.140000", "075829.156000", "075829.156000", "075834.140000", "075834.156000", "075839.140000", "075839.140000", "075839.156000", "075844.140000", "075844.140000", "075844.156000", "075849.140000", "075849.140000", "075854.140000", "075854.140000", "075854.156000", "075859.140000", "075859.140000", "075859.156000", "075904.140000", "075904.140000", "075909.156000", "075909.156000", "075909.171000", "075914.140000", "075914.140000", "075919.140000", "075919.140000", "075919.156000", "075924.140000", "075924.156000", "075929.140000", "075929.156000", "075929.156000", "075934.140000", "075934.140000", "075939.140000", "075939.140000", "075939.156000", "075944.140000", "075944.140000", "075949.140000", "075949.140000", "075949.156000", "075954.140000", "075954.140000", "075959.140000", "075959.140000", "075959.156000", "080004.140000", "080004.140000", "080004.156000", "080009.140000", "080009.140000", "080014.140000", "080014.140000", "080014.156000", "080019.140000", "080019.156000", "080024.140000", "080024.140000", "080024.156000", "080029.140000", "080029.156000", "080034.140000", "080034.140000", "080034.156000", "080039.140000", "080039.140000", "080039.156000", "080044.140000", "080044.140000", "080049.140000", "080049.140000", "080049.156000", "080054.140000", "080054.140000", "080059.140000", "080059.140000", "080059.156000", "080104.140000", "080104.140000", "080104.156000", "080109.140000", "080109.140000", "080114.140000", "080114.140000", "080114.156000", "080119.140000", "080119.171000", "080124.140000", "080124.140000", "080124.156000", "080129.140000", "080129.140000", "080129.156000", "080134.140000", "080134.140000", "080139.140000", "080139.140000", "080139.156000", "080144.140000", "080144.140000", "080149.140000", "080149.156000", "080149.156000", "080154.140000", "080154.140000", "080154.156000", "080159.140000", "080159.156000", "080204.140000", "080204.156000", "080204.156000", "080209.140000", "080209.140000", "080209.156000", "080214.140000", "080214.156000", "080219.140000", "080219.140000", "080219.156000", "080224.140000", "080224.156000", "080229.140000", "080229.140000", "080229.156000", "080234.140000", "080234.156000", "080239.140000", "080239.140000", "080239.156000", "080244.140000", "080244.156000", "080244.156000", "080249.140000", "080249.140000", "080249.156000", "080254.140000", "080254.140000", "080254.156000", "080259.140000", "080259.140000", "080304.140000", "080304.140000", "080304.156000", "080309.140000", "080309.156000", "080314.140000", "080314.156000", "080314.156000", "080319.140000", "080319.140000", "080319.156000", "080324.140000", "080324.156000", "080329.140000", "080329.156000", "080329.156000", "080334.140000", "080334.140000", "080334.156000", "080339.140000", "080339.156000", "080344.140000", "080344.156000", "080344.156000", "080349.140000", "080349.140000", "080349.156000", "080354.140000", "080354.140000", "080354.156000", "080359.140000", "080359.140000", "080404.140000", "080404.140000", "080404.156000", "080409.140000", "080409.140000", "080414.140000", "080414.156000", "080414.156000", "080419.140000", "080419.140000", "080419.156000", "080424.140000", "080424.156000", "080429.140000", "080429.156000", "080429.156000", "080434.140000", "080434.140000", "080434.156000", "080439.140000", "080439.156000", "080444.140000", "080444.156000", "080444.156000", "080449.140000", "080449.140000", "080449.156000", "080454.140000", "080454.140000", "080454.156000", "080459.140000", "080459.140000", "080504.140000", "080504.140000", "080504.156000", "080509.140000", "080509.140000", "080509.156000", "080514.140000", "080514.140000", "080514.156000", "080519.140000", "080519.140000", "080524.140000", "080524.140000", "080524.156000", "080529.140000", "080529.140000", "080529.156000", "080534.140000", "080534.156000", "080539.140000", "080539.140000", "080539.156000", "080544.140000", "080544.140000", "080544.156000", "080549.140000", "080549.156000", "080549.156000", "080554.140000", "080554.140000", "080554.156000", "080559.140000", "080559.156000", "080604.140000", "080604.156000", "080604.156000", "080609.140000", "080609.140000", "080609.156000", "080614.140000", "080614.140000", "080614.156000", "080619.140000", "080619.140000", "080624.140000", "080624.140000", "080624.156000", "080629.140000", "080629.140000", "080629.156000", "080634.140000", "080634.140000", "080634.156000", "080639.140000", "080639.140000", "080644.140000", "080644.140000", "080644.156000", "080649.140000", "080649.140000", "080649.156000", "080654.140000", "080654.140000", "080659.140000", "080659.140000", "080659.156000", "080704.140000", "080704.140000", "080704.156000", "080709.140000", "080709.156000", "080709.156000", "080714.140000", "080714.140000", "080714.156000", "080719.140000", "080719.156000", "080724.140000", "080724.156000", "080724.156000", "080729.140000", "080729.140000", "080729.156000", "080734.140000", "080734.140000", "080734.156000", "080739.140000", "080739.140000", "080740.937000", "080740.937000"], "InstanceCreationTime": ["075545.750000", "075554.140000", "075554.140000", "075554.156000", "075554.156000", "075554.156000", "075559.140000", "075559.140000", "075559.156000", "075604.140000", "075604.140000", "075604.156000", "075609.140000", "075609.140000", "075614.140000", "075614.140000", "075614.156000", "075619.140000", "075619.140000", "075624.140000", "075624.140000", "075624.156000", "075629.140000", "075629.140000", "075634.140000", "075634.140000", "075634.156000", "075639.140000", "075639.156000", "075639.156000", "075644.140000", "075644.140000", "075649.140000", "075649.140000", "075649.156000", "075654.140000", "075654.140000", "075659.140000", "075659.140000", "075659.156000", "075704.140000", "075704.140000", "075709.140000", "075709.140000", "075709.156000", "075714.140000", "075714.140000", "075719.140000", "075719.140000", "075719.156000", "075724.140000", "075724.140000", "075724.156000", "075729.140000", "075729.140000", "075734.140000", "075734.140000", "075734.156000", "075739.140000", "075739.140000", "075744.140000", "075744.140000", "075744.156000", "075749.140000", "075749.140000", "075754.140000", "075754.140000", "075754.156000", "075759.140000", "075759.140000", "075759.156000", "075804.140000", "075804.140000", "075809.140000", "075809.140000", "075809.156000", "075814.140000", "075814.156000", "075819.140000", "075819.156000", "075819.156000", "075824.140000", "075824.140000", "075829.140000", "075829.156000", "075829.156000", "075834.140000", "075834.156000", "075839.140000", "075839.140000", "075839.156000", "075844.140000", "075844.140000", "075844.156000", "075849.140000", "075849.140000", "075854.140000", "075854.140000", "075854.156000", "075859.140000", "075859.140000", "075859.156000", "075904.140000", "075904.140000", "075909.156000", "075909.156000", "075909.171000", "075914.140000", "075914.140000", "075919.140000", "075919.140000", "075919.156000", "075924.140000", "075924.156000", "075929.140000", "075929.156000", "075929.156000", "075934.140000", "075934.140000", "075939.140000", "075939.140000", "075939.156000", "075944.140000", "075944.140000", "075949.140000", "075949.140000", "075949.156000", "075954.140000", "075954.140000", "075959.140000", "075959.140000", "075959.156000", "080004.140000", "080004.140000", "080004.156000", "080009.140000", "080009.140000", "080014.140000", "080014.140000", "080014.156000", "080019.140000", "080019.156000", "080024.140000", "080024.140000", "080024.156000", "080029.140000", "080029.156000", "080034.140000", "080034.140000", "080034.156000", "080039.140000", "080039.140000", "080039.156000", "080044.140000", "080044.140000", "080049.140000", "080049.140000", "080049.156000", "080054.140000", "080054.140000", "080059.140000", "080059.140000", "080059.156000", "080104.140000", "080104.140000", "080104.156000", "080109.140000", "080109.140000", "080114.140000", "080114.140000", "080114.156000", "080119.140000", "080119.171000", "080124.140000", "080124.140000", "080124.156000", "080129.140000", "080129.140000", "080129.156000", "080134.140000", "080134.140000", "080139.140000", "080139.140000", "080139.156000", "080144.140000", "080144.140000", "080149.140000", "080149.156000", "080149.156000", "080154.140000", "080154.140000", "080154.156000", "080159.140000", "080159.156000", "080204.140000", "080204.156000", "080204.156000", "080209.140000", "080209.140000", "080209.156000", "080214.140000", "080214.156000", "080219.140000", "080219.140000", "080219.156000", "080224.140000", "080224.156000", "080229.140000", "080229.140000", "080229.156000", "080234.140000", "080234.156000", "080239.140000", "080239.140000", "080239.156000", "080244.140000", "080244.156000", "080244.156000", "080249.140000", "080249.140000", "080249.156000", "080254.140000", "080254.140000", "080254.156000", "080259.140000", "080259.140000", "080304.140000", "080304.140000", "080304.156000", "080309.140000", "080309.156000", "080314.140000", "080314.156000", "080314.156000", "080319.140000", "080319.140000", "080319.156000", "080324.140000", "080324.156000", "080329.140000", "080329.156000", "080329.156000", "080334.140000", "080334.140000", "080334.156000", "080339.140000", "080339.156000", "080344.140000", "080344.156000", "080344.156000", "080349.140000", "080349.140000", "080349.156000", "080354.140000", "080354.140000", "080354.156000", "080359.140000", "080359.140000", "080404.140000", "080404.140000", "080404.156000", "080409.140000", "080409.140000", "080414.140000", "080414.156000", "080414.156000", "080419.140000", "080419.140000", "080419.156000", "080424.140000", "080424.156000", "080429.140000", "080429.156000", "080429.156000", "080434.140000", "080434.140000", "080434.156000", "080439.140000", "080439.156000", "080444.140000", "080444.156000", "080444.156000", "080449.140000", "080449.140000", "080449.156000", "080454.140000", "080454.140000", "080454.156000", "080459.140000", "080459.140000", "080504.140000", "080504.140000", "080504.156000", "080509.140000", "080509.140000", "080509.156000", "080514.140000", "080514.140000", "080514.156000", "080519.140000", "080519.140000", "080524.140000", "080524.140000", "080524.156000", "080529.140000", "080529.140000", "080529.156000", "080534.140000", "080534.156000", "080539.140000", "080539.140000", "080539.156000", "080544.140000", "080544.140000", "080544.156000", "080549.140000", "080549.156000", "080549.156000", "080554.140000", "080554.140000", "080554.156000", "080559.140000", "080559.156000", "080604.140000", "080604.156000", "080604.156000", "080609.140000", "080609.140000", "080609.156000", "080614.140000", "080614.140000", "080614.156000", "080619.140000", "080619.140000", "080624.140000", "080624.140000", "080624.156000", "080629.140000", "080629.140000", "080629.156000", "080634.140000", "080634.140000", "080634.156000", "080639.140000", "080639.140000", "080644.140000", "080644.140000", "080644.156000", "080649.140000", "080649.140000", "080649.156000", "080654.140000", "080654.140000", "080659.140000", "080659.140000", "080659.156000", "080704.140000", "080704.140000", "080704.156000", "080709.140000", "080709.156000", "080709.156000", "080714.140000", "080714.140000", "080714.156000", "080719.140000", "080719.156000", "080724.140000", "080724.156000", "080724.156000", "080729.140000", "080729.140000", "080729.156000", "080734.140000", "080734.140000", "080734.156000", "080739.140000", "080739.140000", "080740.937000", "080740.937000"], "InstanceNumber": [1, 2, 3, 4, 5, 6, 7, 8, 9, 10, 11, 12, 13, 14, 15, 16, 17, 18, 19, 20, 21, 22, 23, 24, 25, 26, 27, 28, 29, 30, 31, 32, 33, 34, 35, 36, 37, 38, 39, 40, 41, 42, 43, 44, 45, 46, 47, 48, 49, 50, 51, 52, 53, 54, 55, 56, 57, 58, 59, 60, 61, 62, 63, 64, 65, 66, 67, 68, 69, 70, 71, 72, 73, 74, 75, 76, 77, 78, 79, 80, 81, 82, 83, 84, 85, 86, 87, 88, 89, 90, 91, 92, 93, 94, 95, 96, 97, 98, 99, 100, 101, 102, 103, 104, 105, 106, 107, 108, 109, 110, 111, 112, 113, 114, 115, 116, 117, 118, 119, 120, 121, 122, 123, 124, 125, 126, 127, 128, 129, 130, 131, 132, 133, 134, 135, 136, 137, 138, 139, 140, 141, 142, 143, 144, 145, 146, 147, 148, 149, 150, 151, 152, 153, 154, 155, 156, 157, 158, 159, 160, 161, 162, 163, 164, 165, 166, 167, 168, 169, 170, 171, 172, 173, 174, 175, 176, 177, 178, 179, 180, 181, 182, 183, 184, 185, 186, 187, 188, 189, 190, 191, 192, 193, 194, 195, 196, 197, 198, 199, 200, 201, 202, 203, 204, 205, 206, 207, 208, 209, 210, 211, 212, 213, 214, 215, 216, 217, 218, 219, 220, 221, 222, 223, 224, 225, 226, 227, 228, 229, 230, 231, 232, 233, 234, 235, 236, 237, 238, 239, 240, 241, 242, 243, 244, 245, 246, 247, 248, 249, 250, 251, 252, 253, 254, 255, 256, 257, 258, 259, 260, 261, 262, 263, 264, 265, 266, 267, 268, 269, 270, 271, 272, 273, 274, 275, 276, 277, 278, 279, 280, 281, 282, 283, 284, 285, 286, 287, 288, 289, 290, 291, 292, 293, 294, 295, 296, 297, 298, 299, 300, 301, 302, 303, 304, 305, 306, 307, 308, 309, 310, 311, 312, 313, 314, 315, 316, 317, 318, 319, 320, 321, 322, 323, 324, 325, 326, 327, 328, 329, 330, 331, 332, 333, 334, 335, 336, 337, 338, 339, 340, 341, 342, 343, 344, 345, 346, 347, 348, 349, 350, 351, 352, 353, 354, 355, 356, 357, 358, 359, 360, 361, 362, 363, 364, 365, 366, 367, 368, 369, 370, 371, 372, 373, 374, 375, 376, 377, 378, 379, 380], "LargestImagePixelValue": [28843, 28511, 28008, 35522, 28141, 27996, 28151, 28128, 28036, 27813, 27863, 27914, 33689, 32659, 28093, 30164, 27653, 27863, 27621, 28221, 27870, 27410, 27694, 27617, 27616, 27705, 29865, 29884, 27466, 27712, 32804, 27503, 27379, 27993, 35037, 27249, 27233, 27424, 27358, 30390, 27388, 27234, 27235, 27091, 27097, 29263, 27164, 33730, 27083, 30463, 35964, 26987, 28472, 26840, 26826, 26926, 27154, 36118, 26921, 26935, 27053, 27524, 26938, 27188, 28824, 26709, 30525, 26977, 29234, 27078, 26930, 26894, 26998, 35423, 26575, 27447, 26716, 27289, 27104, 26608, 26918, 27023, 31150, 26935, 32638, 27039, 34398, 26963, 26815, 34632, 26738, 29214, 26522, 26810, 30087, 26823, 26581, 29311, 26586, 31439, 26898, 28589, 33800, 26674, 31955, 26624, 29580, 26677, 26782, 29975, 26633, 26522, 26588, 26480, 26693, 27923, 26569, 26587, 32854, 26408, 29619, 26600, 29997, 26914, 33588, 26448, 26406, 26497, 26465, 30587, 26751, 36147, 26297, 26207, 27326, 26397, 27198, 26747, 26481, 26099, 30677, 26588, 33624, 26164, 26256, 26821, 26163, 33647, 26359, 34285, 26326, 26313, 26785, 26287, 29351, 26446, 33554, 26461, 31084, 26211, 30538, 26328, 29698, 26158, 31785, 26108, 26235, 26094, 26268, 26183, 26222, 26251, 26197, 32634, 26357, 37151, 26044, 25826, 25880, 25826, 26057, 25869, 27713, 26184, 25745, 31400, 25536, 28150, 25747, 25440, 25708, 25641, 25508, 25456, 29528, 25236, 27711, 32515, 28521, 33885, 25332, 31615, 25222, 25508, 26370, 32228, 25379, 26621, 26811, 25185, 25032, 26811, 25166, 32960, 24874, 30549, 34728, 27116, 25821, 32056, 27106, 25697, 30596, 25745, 25958, 25980, 25932, 28448, 26166, 26134, 29861, 25965, 27165, 26044, 25940, 29621, 25831, 26723, 25611, 26986, 25398, 25628, 28205, 26318, 36865, 25730, 27871, 25532, 25651, 25852, 25331, 28905, 25650, 32802, 25730, 32087, 25245, 32801, 25423, 33577, 25271, 25201, 25150, 25978, 25399, 25547, 25415, 25545, 30498, 25594, 30077, 25458, 28266, 25234, 26211, 25258, 30982, 25025, 25062, 33850, 25410, 27831, 25448, 31040, 25174, 32992, 25309, 28526, 25337, 34339, 25382, 28372, 25377, 30666, 25421, 31566, 25280, 25195, 25360, 28133, 29919, 25237, 25868, 25561, 25455, 25646, 33335, 25399, 28607, 25299, 28355, 25590, 28025, 25760, 25246, 30436, 25422, 29172, 25563, 32770, 25279, 25412, 25465, 25623, 34854, 25359, 27117, 25363, 33806, 25251, 27159, 25284, 25270, 27366, 25345, 25230, 29020, 25354, 25532, 31640, 25503, 31949, 25189, 31802, 25462, 25275, 25417, 26008, 25404, 25528, 27519, 25142, 27092, 25412, 27045, 26978, 31393, 25419, 32762, 25795, 27182, 25738, 26954, 25312, 28641, 25210, 29006, 25887, 25622, 25670, 25579, 25524, 28365, 27277, 31091, 25766, 25580, 25402, 27981, 25530], "WindowCenter": [9893.0, 9883.0, 9886.0, 9925.0, 9900.0, 9888.0, 9886.0, 9892.0, 9896.0, 9900.0, 9890.0, 9871.0, 9898.0, 9885.0, 9878.0, 9867.0, 9846.0, 9863.0, 9859.0, 9867.0, 9868.0, 9871.0, 9878.0, 9879.0, 9897.0, 9886.0, 9892.0, 9885.0, 9879.0, 9891.0, 9898.0, 9857.0, 9868.0, 9868.0, 9881.0, 9848.0, 9864.0, 9874.0, 9876.0, 9888.0, 9889.0, 9878.0, 9877.0, 9906.0, 9897.0, 9899.0, 9875.0, 9901.0, 9878.0, 9895.0, 9912.0, 9861.0, 9870.0, 9874.0, 9876.0, 9891.0, 9887.0, 9916.0, 9872.0, 9867.0, 9870.0, 9890.0, 9899.0, 9895.0, 9908.0, 9877.0, 9896.0, 9874.0, 9882.0, 9889.0, 9904.0, 9897.0, 9896.0, 9912.0, 9888.0, 9873.0, 9868.0, 9878.0, 9894.0, 9908.0, 9894.0, 9912.0, 9915.0, 9888.0, 9918.0, 9869.0, 9917.0, 9878.0, 9890.0, 9917.0, 9867.0, 9892.0, 9877.0, 9882.0, 9891.0, 9885.0, 9873.0, 9887.0, 9869.0, 9905.0, 9891.0, 9892.0, 9905.0, 9891.0, 9911.0, 9872.0, 9883.0, 9881.0, 9876.0, 9903.0, 9888.0, 9888.0, 9892.0, 9891.0, 9877.0, 9884.0, 9876.0, 9879.0, 9917.0, 9898.0, 9913.0, 9884.0, 9882.0, 9882.0, 9913.0, 9889.0, 9882.0, 9870.0, 9866.0, 9894.0, 9885.0, 9911.0, 9869.0, 9864.0, 9870.0, 9866.0, 9872.0, 9874.0, 9881.0, 9875.0, 9901.0, 9868.0, 9905.0, 9876.0, 9871.0, 9895.0, 9862.0, 9907.0, 9852.0, 9877.0, 9859.0, 9863.0, 9887.0, 9890.0, 9889.0, 9884.0, 9893.0, 9870.0, 9888.0, 9859.0, 9893.0, 9872.0, 9899.0, 9881.0, 9902.0, 9863.0, 9863.0, 9884.0, 9862.0, 9893.0, 9880.0, 9896.0, 9893.0, 9905.0, 9879.0, 9912.0, 9849.0, 9869.0, 9869.0, 9859.0, 9868.0, 9884.0, 9887.0, 9892.0, 9878.0, 9902.0, 9873.0, 9879.0, 9873.0, 9881.0, 9891.0, 9884.0, 9901.0, 9915.0, 9933.0, 9899.0, 9915.0, 9917.0, 9890.0, 9917.0, 9866.0, 9894.0, 9873.0, 9876.0, 9872.0, 9892.0, 9882.0, 9898.0, 9884.0, 9869.0, 9871.0, 9873.0, 9880.0, 9907.0, 9881.0, 9936.0, 9986.0, 9898.0, 9868.0, 9878.0, 9862.0, 9835.0, 9872.0, 9845.0, 9870.0, 9870.0, 9891.0, 9902.0, 9902.0, 9885.0, 9891.0, 9886.0, 9897.0, 9895.0, 9897.0, 9918.0, 9888.0, 9904.0, 9886.0, 9884.0, 9874.0, 9859.0, 9885.0, 9887.0, 9924.0, 9864.0, 9875.0, 9877.0, 9876.0, 9889.0, 9900.0, 9922.0, 9883.0, 9920.0, 9882.0, 9901.0, 9878.0, 9906.0, 9865.0, 9911.0, 9860.0, 9859.0, 9845.0, 9857.0, 9870.0, 9873.0, 9883.0, 9873.0, 9921.0, 9880.0, 9877.0, 9879.0, 9886.0, 9884.0, 9904.0, 9875.0, 9910.0, 9884.0, 9879.0, 9914.0, 9878.0, 9873.0, 9878.0, 9900.0, 9886.0, 9914.0, 9871.0, 9896.0, 9871.0, 9899.0, 9872.0, 9897.0, 9867.0, 9900.0, 9873.0, 9903.0, 9875.0, 9885.0, 9881.0, 9887.0, 9894.0, 9869.0, 9883.0, 9870.0, 9864.0, 9873.0, 9908.0, 9866.0, 9890.0, 9876.0, 9888.0, 9882.0, 9909.0, 9898.0, 9887.0, 9907.0, 9887.0, 9913.0, 9861.0, 9903.0, 9883.0, 9875.0, 9878.0, 9883.0, 9931.0, 9889.0, 9896.0, 9872.0, 9910.0, 9874.0, 9888.0, 9879.0, 9899.0, 9904.0, 9882.0, 9912.0, 9918.0, 9888.0, 9905.0, 9910.0, 9900.0, 9907.0, 9889.0, 9907.0, 9881.0, 9872.0, 9890.0, 9887.0, 9887.0, 9892.0, 9894.0, 9891.0, 9912.0, 9881.0, 9895.0, 9909.0, 9916.0, 9878.0, 9909.0, 9888.0, 9892.0, 9886.0, 9892.0, 9891.0, 9910.0, 9880.0, 9894.0, 9896.0, 9888.0, 9885.0, 9883.0, 9908.0, 9915.0, 9889.0, 9922.0, 9883.0, 9881.0, 9889.0, 9924.0, 9919.0], "WindowWidth": [21046.0, 21025.0, 21030.0, 21103.0, 21058.0, 21032.0, 21027.0, 21040.0, 21045.0, 21059.0, 21037.0, 20998.0, 21044.0, 21017.0, 21004.0, 20978.0, 20932.0, 20972.0, 20962.0, 20980.0, 20980.0, 20988.0, 21010.0, 21013.0, 21045.0, 21025.0, 21034.0, 21022.0, 21012.0, 21032.0, 21041.0, 20963.0, 20984.0, 20986.0, 21007.0, 20942.0, 20973.0, 20996.0, 21000.0, 21025.0, 21029.0, 21011.0, 21012.0, 21070.0, 21052.0, 21052.0, 21008.0, 21055.0, 21008.0, 21038.0, 21066.0, 20970.0, 20989.0, 20998.0, 21004.0, 21033.0, 21027.0, 21076.0, 20989.0, 20982.0, 20987.0, 21030.0, 21054.0, 21049.0, 21071.0, 21008.0, 21043.0, 20997.0, 21016.0, 21035.0, 21066.0, 21053.0, 21050.0, 21074.0, 21021.0, 20997.0, 20984.0, 21004.0, 21043.0, 21070.0, 21048.0, 21085.0, 21087.0, 21032.0, 21087.0, 20992.0, 21084.0, 21008.0, 21030.0, 21080.0, 20987.0, 21033.0, 21006.0, 21018.0, 21039.0, 21024.0, 20995.0, 21024.0, 20988.0, 21057.0, 21037.0, 21036.0, 21060.0, 21032.0, 21070.0, 20994.0, 21014.0, 21014.0, 21004.0, 21058.0, 21026.0, 21027.0, 21041.0, 21037.0, 21010.0, 21022.0, 21007.0, 21015.0, 21087.0, 21052.0, 21079.0, 21022.0, 21016.0, 21017.0, 21073.0, 21028.0, 21015.0, 20990.0, 20982.0, 21034.0, 21022.0, 21067.0, 20982.0, 20973.0, 20988.0, 20982.0, 20995.0, 21001.0, 21011.0, 20997.0, 21051.0, 20986.0, 21055.0, 21001.0, 20994.0, 21044.0, 20977.0, 21058.0, 20953.0, 20998.0, 20962.0, 20974.0, 21026.0, 21029.0, 21024.0, 21020.0, 21035.0, 20986.0, 21022.0, 20964.0, 21030.0, 20994.0, 21045.0, 21011.0, 21055.0, 20974.0, 20973.0, 21018.0, 20979.0, 21038.0, 21014.0, 21044.0, 21040.0, 21059.0, 21008.0, 21066.0, 20939.0, 20981.0, 20984.0, 20966.0, 20985.0, 21020.0, 21026.0, 21035.0, 21004.0, 21051.0, 20997.0, 21006.0, 20991.0, 21010.0, 21038.0, 21020.0, 21062.0, 21096.0, 21128.0, 21059.0, 21092.0, 21089.0, 21032.0, 21079.0, 20978.0, 21030.0, 20991.0, 21005.0, 20993.0, 21029.0, 21015.0, 21047.0, 21019.0, 20989.0, 20993.0, 21001.0, 21010.0, 21059.0, 21012.0, 21167.0, 21268.0, 21050.0, 20987.0, 21005.0, 20966.0, 20907.0, 20982.0, 20936.0, 20988.0, 20992.0, 21035.0, 21055.0, 21059.0, 21019.0, 21033.0, 21027.0, 21047.0, 21045.0, 21050.0, 21091.0, 21028.0, 21058.0, 21023.0, 21013.0, 20995.0, 20968.0, 21018.0, 21028.0, 21089.0, 20976.0, 20997.0, 21002.0, 21005.0, 21030.0, 21057.0, 21100.0, 21023.0, 21090.0, 21013.0, 21050.0, 21001.0, 21052.0, 20977.0, 21062.0, 20962.0, 20962.0, 20932.0, 20959.0, 20986.0, 20998.0, 21019.0, 21001.0, 21093.0, 21010.0, 21001.0, 21007.0, 21019.0, 21014.0, 21056.0, 21005.0, 21066.0, 21020.0, 21011.0, 21071.0, 21001.0, 20996.0, 21004.0, 21045.0, 21021.0, 21076.0, 20990.0, 21037.0, 20991.0, 21040.0, 20990.0, 21039.0, 20984.0, 21043.0, 20994.0, 21055.0, 21001.0, 21021.0, 21015.0, 21025.0, 21034.0, 20991.0, 21019.0, 20990.0, 20978.0, 20999.0, 21061.0, 20978.0, 21027.0, 21007.0, 21028.0, 21018.0, 21071.0, 21051.0, 21029.0, 21063.0, 21025.0, 21078.0, 20975.0, 21051.0, 21017.0, 21007.0, 21010.0, 21021.0, 21111.0, 21033.0, 21048.0, 21001.0, 21067.0, 20999.0, 21030.0, 21012.0, 21052.0, 21062.0, 21028.0, 21082.0, 21094.0, 21039.0, 21071.0, 21076.0, 21055.0, 21069.0, 21031.0, 21069.0, 21013.0, 20998.0, 21037.0, 21031.0, 21034.0, 21045.0, 21044.0, 21037.0, 21078.0, 21019.0, 21046.0, 21075.0, 21086.0, 21010.0, 21069.0, 21026.0, 21033.0, 21024.0, 21041.0, 21041.0, 21079.0, 21014.0, 21042.0, 21048.0, 21031.0, 21025.0, 21026.0, 21077.0, 21090.0, 21032.0, 21091.0, 21020.0, 21017.0, 21031.0, 21103.0, 21101.0]}, "slices": {}}}