{"AcquisitionMatrixPE": 96, "AcquisitionNumber": 1, "AcquisitionTime": "07:37:25.975000", "BandwidthPerPixelPhaseEncode": 33.602, "BaseResolution": 96, "BodyPartExamined": "BRAIN", "ConsistencyInfo": "N4_VD11D_LATEST_20110129", "ConversionSoftware": "dcm2niix", "ConversionSoftwareVersion": "v1.0.20210317", "DerivedVendorReportedEchoSpacing": 0.000620003, "DeviceSerialNumber": "45239", "DwellTime": 2.6e-06, "EchoTime": 0.03, "EchoTrainLength": 48, "EffectiveEchoSpacing": 0.000310001, "FlipAngle": 63, "ImageComments": "Unaliased MB4/PE3", "ImageOrientationPatientDICOM": [0.99865, 0.0075462, 0.05139, 0.0218828, 0.836173, -0.548029], "ImageType": ["ORIGINAL", "PRIMARY", "M", "ND", "NORM", "MOSAIC"], "ImagingFrequency": 123.193, "InPlanePhaseEncodingDirectionDICOM": "COL", "InstitutionAddress": "E 24th St. 100,Austin,Southmiddle,US,78712", "InstitutionName": "Univ of Texas at Austin", "InstitutionalDepartmentName": "IRC", "MRAcquisitionType": "2D", "MagneticFieldStrength": 3, "Manufacturer": "Siemens", "ManufacturersModelName": "Skyra", "Modality": "MR", "MultibandAccelerationFactor": 4, "ParallelReductionFactorInPlane": 2, "PartialFourier": 1, "PatientPosition": "HFS", "PercentPhaseFOV": 100, "PercentSampling": 100, "PhaseEncodingDirection": "j-", "PhaseEncodingSteps": 96, "PhaseResolution": 1, "PixelBandwidth": 2005, "ProcedureStepDescription": "Poldrack2^self-scanning", "ProtocolName": "Resting State fMRI MBEPI_matrix96_BW2004", "PulseSequenceDetails": "%CustomerSeq%\\cmrr_mbep2d_bold", "ReceiveCoilActiveElements": "HEA;HEP", "ReceiveCoilName": "Head_32", "ReconMatrixPE": 96, "RefLinesPE": 94, "RepetitionTime": 1.16, "SAR": 0.107777, "ScanOptions": "FS", "ScanningSequence": "EP", "SequenceName": "epfid2d1_96", "SequenceVariant": "SK", "SeriesDescription": "Resting State fMRI MBEPI_matrix96_BW2004", "SeriesNumber": 10, "ShimSetting": [-2776, 8043, -15460, 146, -239, 68, 258, -123], "SliceThickness": 2, "SliceTiming": [0, 0.6125, 0.0675, 0.68, 0.135, 0.75, 0.2025, 0.8175, 0.2725, 0.885, 0.34, 0.955, 0.4075, 1.0225, 0.4775, 1.09, 0.545, 0, 0.6125, 0.0675, 0.68, 0.135, 0.75, 0.2025, 0.8175, 0.2725, 0.885, 0.34, 0.955, 0.4075, 1.0225, 0.4775, 1.09, 0.545, 0, 0.6125, 0.0675, 0.68, 0.135, 0.75, 0.2025, 0.8175, 0.2725, 0.885, 0.34, 0.955, 0.4075, 1.0225, 0.4775, 1.09, 0.545, 0, 0.6125, 0.0675, 0.68, 0.135, 0.75, 0.2025, 0.8175, 0.2725, 0.885, 0.34, 0.955, 0.4075, 1.0225, 0.4775, 1.09, 0.545], "SoftwareVersions": "syngo MR D11", "SpacingBetweenSlices": 2.4, "StationName": "AWP45239", "TaskName": "Resting fmri", "TotalReadoutTime": 0.0294501, "TxRefAmp": 346.21, "WipMemBlock": "d3178c3f-d0b6-431d-ae42-f0134b428dad||Sequence: VD11D r154; May 23 2012 22:27:19 by eja", "dcmmeta_affine": [[-2.39259934425354, 0.05242747440934181, 0.11305548995733261, 110.15347290039062], [-0.018079442903399467, 2.0033318996429443, -1.3161920309066772, -63.60396194458008], [0.12312179058790207, 1.3129849433898926, 2.0037107467651367, -103.43972778320312], [0.0, 0.0, 0.0, 1.0]], "dcmmeta_reorient_transform": [[0.0, -1.0, 0.0, 95.0], [1.0, 0.0, 0.0, 0.0], [0.0, 0.0, 1.0, 0.0], [0.0, 0.0, 0.0, 1.0]], "dcmmeta_shape": [96, 96, 68, 518], "dcmmeta_slice_dim": 2, "dcmmeta_version": 0.6, "global": {"const": {"AcquisitionMatrix": [96, 0, 0, 96], "AngioFlag": "N", "BitsAllocated": 16, "BitsStored": 16, "BodyPartExamined": "BRAIN", "Columns": 864, "EchoNumbers": 1, "EchoTime": 30.0, "EchoTrainLength": 48, "FlipAngle": 63.0, "HighBit": 15, "ImageOrientationPatient": [0.99865015202756, 0.00754620259302, 0.05138996674204, 0.0218827726656, 0.8361733538927, -0.5480285270862], "ImagePositionPatient": [-1054.0243398432, -902.93453789313, 478.20130519797], "ImageType": ["ORIGINAL", "PRIMARY", "M", "ND", "NORM", "MOSAIC"], "ImagedNucleus": "1H", "ImagingFrequency": 123.193301, "InPlanePhaseEncodingDirection": "COL", "MRAcquisitionType": "2D", "MagneticFieldStrength": 3.0, "Manufacturer": "SIEMENS", "ManufacturerModelName": "Skyra", "Modality": "MR", "NumberOfAverages": 1.0, "NumberOfPhaseEncodingSteps": 96, "PercentPhaseFieldOfView": 100.0, "PercentSampling": 100.0, "PerformedProcedureStepStartTime": "071121.718000", "PhotometricInterpretation": "MONOCHROME2", "PixelBandwidth": 2005.0, "PixelRepresentation": 0, "PixelSpacing": [2.3958332538605, 2.3958332538605], "ProtocolName": "Resting State fMRI MBEPI_matrix96_BW2004", "RepetitionTime": 1160.0, "Rows": 864, "SAR": 0.10777745191773, "SamplesPerPixel": 1, "ScanOptions": "FS", "ScanningSequence": "EP", "SequenceName": "epfid2d1_96", "SequenceVariant": "SK", "SeriesDescription": "Resting State fMRI MBEPI_matrix96_BW2004", "SeriesNumber": 10, "SeriesTime": "073812.968000", "SliceLocation": -46.289509744828, "SliceThickness": 2.0, "SmallestImagePixelValue": 0, "SoftwareVersions": "syngo MR D11", "SpacingBetweenSlices": 2.4000000167846, "SpecificCharacterSet": "ISO_IR 100", "StudyID": "1", "StudyTime": "071121.640000", "TransmitCoilName": "Body", "VariableFlipAngleFlag": "N", "WindowCenterWidthExplanation": "Algo1", "dBdt": 0.0}, "slices": {}}, "time": {"samples": {"AcquisitionNumber": [1, 2, 3, 4, 5, 6, 7, 8, 9, 10, 11, 12, 13, 14, 15, 16, 17, 18, 19, 20, 21, 22, 23, 24, 25, 26, 27, 28, 29, 30, 31, 32, 33, 34, 35, 36, 37, 38, 39, 40, 41, 42, 43, 44, 45, 46, 47, 48, 49, 50, 51, 52, 53, 54, 55, 56, 57, 58, 59, 60, 61, 62, 63, 64, 65, 66, 67, 68, 69, 70, 71, 72, 73, 74, 75, 76, 77, 78, 79, 80, 81, 82, 83, 84, 85, 86, 87, 88, 89, 90, 91, 92, 93, 94, 95, 96, 97, 98, 99, 100, 101, 102, 103, 104, 105, 106, 107, 108, 109, 110, 111, 112, 113, 114, 115, 116, 117, 118, 119, 120, 121, 122, 123, 124, 125, 126, 127, 128, 129, 130, 131, 132, 133, 134, 135, 136, 137, 138, 139, 140, 141, 142, 143, 144, 145, 146, 147, 148, 149, 150, 151, 152, 153, 154, 155, 156, 157, 158, 159, 160, 161, 162, 163, 164, 165, 166, 167, 168, 169, 170, 171, 172, 173, 174, 175, 176, 177, 178, 179, 180, 181, 182, 183, 184, 185, 186, 187, 188, 189, 190, 191, 192, 193, 194, 195, 196, 197, 198, 199, 200, 201, 202, 203, 204, 205, 206, 207, 208, 209, 210, 211, 212, 213, 214, 215, 216, 217, 218, 219, 220, 221, 222, 223, 224, 225, 226, 227, 228, 229, 230, 231, 232, 233, 234, 235, 236, 237, 238, 239, 240, 241, 242, 243, 244, 245, 246, 247, 248, 249, 250, 251, 252, 253, 254, 255, 256, 257, 258, 259, 260, 261, 262, 263, 264, 265, 266, 267, 268, 269, 270, 271, 272, 273, 274, 275, 276, 277, 278, 279, 280, 281, 282, 283, 284, 285, 286, 287, 288, 289, 290, 291, 292, 293, 294, 295, 296, 297, 298, 299, 300, 301, 302, 303, 304, 305, 306, 307, 308, 309, 310, 311, 312, 313, 314, 315, 316, 317, 318, 319, 320, 321, 322, 323, 324, 325, 326, 327, 328, 329, 330, 331, 332, 333, 334, 335, 336, 337, 338, 339, 340, 341, 342, 343, 344, 345, 346, 347, 348, 349, 350, 351, 352, 353, 354, 355, 356, 357, 358, 359, 360, 361, 362, 363, 364, 365, 366, 367, 368, 369, 370, 371, 372, 373, 374, 375, 376, 377, 378, 379, 380, 381, 382, 383, 384, 385, 386, 387, 388, 389, 390, 391, 392, 393, 394, 395, 396, 397, 398, 399, 400, 401, 402, 403, 404, 405, 406, 407, 408, 409, 410, 411, 412, 413, 414, 415, 416, 417, 418, 419, 420, 421, 422, 423, 424, 425, 426, 427, 428, 429, 430, 431, 432, 433, 434, 435, 436, 437, 438, 439, 440, 441, 442, 443, 444, 445, 446, 447, 448, 449, 450, 451, 452, 453, 454, 455, 456, 457, 458, 459, 460, 461, 462, 463, 464, 465, 466, 467, 468, 469, 470, 471, 472, 473, 474, 475, 476, 477, 478, 479, 480, 481, 482, 483, 484, 485, 486, 487, 488, 489, 490, 491, 492, 493, 494, 495, 496, 497, 498, 499, 500, 501, 502, 503, 504, 505, 506, 507, 508, 509, 510, 511, 512, 513, 514, 515, 516, 517, 518], "AcquisitionTime": ["073725.975000", "073754.975000", "073756.135000", "073757.295000", "073758.455000", "073759.615000", "073800.775000", "073801.935000", "073803.095000", "073804.255000", "073805.415000", "073806.575000", "073807.735000", "073808.895000", "073810.055000", "073811.215000", "073812.375000", "073813.535000", "073814.695000", "073815.855000", "073817.015000", "073818.175000", "073819.335000", "073820.495000", "073821.655000", "073822.815000", "073823.975000", "073825.135000", "073826.295000", "073827.455000", "073828.615000", "073829.775000", "073830.935000", "073832.095000", "073833.255000", "073834.415000", "073835.575000", "073836.735000", "073837.895000", "073839.055000", "073840.215000", "073841.375000", "073842.535000", "073843.695000", "073844.855000", "073846.015000", "073847.175000", "073848.335000", "073849.495000", "073850.655000", "073851.815000", "073852.975000", "073854.135000", "073855.295000", "073856.455000", "073857.615000", "073858.775000", "073859.935000", "073901.095000", "073902.255000", "073903.415000", "073904.575000", "073905.735000", "073906.895000", "073908.055000", "073909.215000", "073910.375000", "073911.535000", "073912.695000", "073913.855000", "073915.015000", "073916.175000", "073917.335000", "073918.495000", "073919.655000", "073920.815000", "073921.975000", "073923.135000", "073924.295000", "073925.455000", "073926.615000", "073927.775000", "073928.935000", "073930.095000", "073931.255000", "073932.415000", "073933.575000", "073934.735000", "073935.895000", "073937.055000", "073938.215000", "073939.375000", "073940.535000", "073941.695000", "073942.855000", "073944.015000", "073945.175000", "073946.335000", "073947.495000", "073948.655000", "073949.815000", "073950.975000", "073952.135000", "073953.295000", "073954.455000", "073955.615000", "073956.775000", "073957.935000", "073959.095000", "074000.255000", "074001.415000", "074002.575000", "074003.735000", "074004.895000", "074006.055000", "074007.215000", "074008.375000", "074009.535000", "074010.695000", "074011.855000", "074013.015000", "074014.175000", "074015.335000", "074016.495000", "074017.655000", "074018.815000", "074019.975000", "074021.135000", "074022.295000", "074023.455000", "074024.615000", "074025.775000", "074026.935000", "074028.095000", "074029.255000", "074030.415000", "074031.575000", "074032.735000", "074033.895000", "074035.055000", "074036.215000", "074037.375000", "074038.535000", "074039.695000", "074040.855000", "074042.015000", "074043.175000", "074044.335000", "074045.495000", "074046.655000", "074047.815000", "074048.975000", "074050.135000", "074051.295000", "074052.455000", "074053.615000", "074054.775000", "074055.935000", "074057.095000", "074058.255000", "074059.415000", "074100.575000", "074101.735000", "074102.895000", "074104.055000", "074105.215000", "074106.375000", "074107.535000", "074108.695000", "074109.855000", "074111.015000", "074112.175000", "074113.335000", "074114.495000", "074115.655000", "074116.815000", "074117.975000", "074119.135000", "074120.295000", "074121.455000", "074122.615000", "074123.775000", "074124.935000", "074126.095000", "074127.255000", "074128.415000", "074129.575000", "074130.735000", "074131.895000", "074133.055000", "074134.215000", "074135.375000", "074136.535000", "074137.695000", "074138.855000", "074140.015000", "074141.175000", "074142.335000", "074143.495000", "074144.655000", "074145.815000", "074146.975000", "074148.135000", "074149.295000", "074150.455000", "074151.615000", "074152.775000", "074153.935000", "074155.095000", "074156.255000", "074157.415000", "074158.575000", "074159.735000", "074200.895000", "074202.055000", "074203.215000", "074204.375000", "074205.535000", "074206.695000", "074207.855000", "074209.015000", "074210.175000", "074211.335000", "074212.495000", "074213.655000", "074214.815000", "074215.975000", "074217.135000", "074218.295000", "074219.455000", "074220.615000", "074221.775000", "074222.935000", "074224.095000", "074225.255000", "074226.415000", "074227.575000", "074228.735000", "074229.895000", "074231.055000", "074232.215000", "074233.375000", "074234.535000", "074235.695000", "074236.855000", "074238.015000", "074239.175000", "074240.335000", "074241.495000", "074242.655000", "074243.815000", "074244.975000", "074246.135000", "074247.295000", "074248.455000", "074249.615000", "074250.775000", "074251.935000", "074253.095000", "074254.255000", "074255.415000", "074256.575000", "074257.735000", "074258.895000", "074300.055000", "074301.215000", "074302.375000", "074303.535000", "074304.695000", "074305.855000", "074307.015000", "074308.175000", "074309.335000", "074310.495000", "074311.655000", "074312.815000", "074313.975000", "074315.135000", "074316.295000", "074317.455000", "074318.615000", "074319.775000", "074320.935000", "074322.095000", "074323.255000", "074324.415000", "074325.575000", "074326.735000", "074327.895000", "074329.055000", "074330.215000", "074331.375000", "074332.535000", "074333.695000", "074334.855000", "074336.015000", "074337.175000", "074338.335000", "074339.495000", "074340.655000", "074341.815000", "074342.975000", "074344.135000", "074345.295000", "074346.455000", "074347.615000", "074348.775000", "074349.935000", "074351.095000", "074352.255000", "074353.415000", "074354.575000", "074355.735000", "074356.895000", "074358.055000", "074359.215000", "074400.375000", "074401.535000", "074402.695000", "074403.855000", "074405.015000", "074406.175000", "074407.335000", "074408.495000", "074409.655000", "074410.815000", "074411.975000", "074413.135000", "074414.295000", "074415.455000", "074416.615000", "074417.775000", "074418.935000", "074420.095000", "074421.255000", "074422.415000", "074423.575000", "074424.735000", "074425.895000", "074427.055000", "074428.215000", "074429.375000", "074430.535000", "074431.695000", "074432.855000", "074434.015000", "074435.175000", "074436.335000", "074437.495000", "074438.655000", "074439.815000", "074440.975000", "074442.135000", "074443.295000", "074444.455000", "074445.615000", "074446.775000", "074447.935000", "074449.095000", "074450.255000", "074451.415000", "074452.575000", "074453.735000", "074454.895000", "074456.055000", "074457.215000", "074458.375000", "074459.535000", "074500.695000", "074501.855000", "074503.015000", "074504.175000", "074505.335000", "074506.495000", "074507.655000", "074508.815000", "074509.975000", "074511.135000", "074512.295000", "074513.455000", "074514.615000", "074515.775000", "074516.935000", "074518.095000", "074519.255000", "074520.415000", "074521.575000", "074522.735000", "074523.895000", "074525.055000", "074526.215000", "074527.375000", "074528.535000", "074529.695000", "074530.855000", "074532.015000", "074533.175000", "074534.335000", "074535.495000", "074536.655000", "074537.815000", "074538.975000", "074540.135000", "074541.295000", "074542.455000", "074543.615000", "074544.775000", "074545.935000", "074547.095000", "074548.255000", "074549.415000", "074550.575000", "074551.735000", "074552.895000", "074554.055000", "074555.215000", "074556.375000", "074557.535000", "074558.695000", "074559.855000", "074601.015000", "074602.175000", "074603.335000", "074604.495000", "074605.655000", "074606.815000", "074607.975000", "074609.135000", "074610.295000", "074611.455000", "074612.615000", "074613.775000", "074614.935000", "074616.095000", "074617.255000", "074618.415000", "074619.575000", "074620.735000", "074621.895000", "074623.055000", "074624.215000", "074625.375000", "074626.535000", "074627.695000", "074628.855000", "074630.015000", "074631.175000", "074632.335000", "074633.495000", "074634.655000", "074635.815000", "074636.975000", "074638.135000", "074639.295000", "074640.455000", "074641.615000", "074642.775000", "074643.935000", "074645.095000", "074646.255000", "074647.415000", "074648.575000", "074649.735000", "074650.895000", "074652.055000", "074653.215000", "074654.375000", "074655.535000", "074656.695000", "074657.855000", "074659.015000", "074700.175000", "074701.335000", "074702.495000", "074703.655000", "074704.815000", "074705.975000", "074707.135000", "074708.295000", "074709.455000", "074710.615000", "074711.775000", "074712.935000", "074714.095000", "074715.255000", "074716.415000", "074717.575000", "074718.735000", "074719.895000", "074721.055000", "074722.215000", "074723.375000", "074724.535000", "074725.695000", "074726.855000", "074728.015000", "074729.175000", "074730.335000", "074731.495000", "074732.655000", "074733.815000", "074734.975000", "074736.135000", "074737.295000", "074738.455000", "074739.615000", "074740.775000", "074741.935000", "074743.095000", "074744.255000", "074745.415000", "074746.575000", "074747.735000", "074748.895000", "074750.055000", "074751.215000", "074752.375000", "074753.535000"], "ContentTime": ["073812.968000", "073818.250000", "073818.250000", "073818.250000", "073818.250000", "073823.250000", "073823.250000", "073823.250000", "073828.250000", "073828.250000", "073833.250000", "073833.250000", "073833.250000", "073838.250000", "073838.250000", "073843.250000", "073843.250000", "073843.250000", "073848.250000", "073848.250000", "073853.250000", "073853.250000", "073853.250000", "073858.250000", "073858.250000", "073858.250000", "073903.250000", "073903.250000", "073908.250000", "073908.250000", "073908.265000", "073913.250000", "073913.250000", "073918.250000", "073918.250000", "073918.265000", "073923.250000", "073923.250000", "073928.250000", "073928.250000", "073928.250000", "073933.250000", "073933.250000", "073938.250000", "073938.250000", "073938.250000", "073943.250000", "073943.250000", "073943.250000", "073948.250000", "073948.250000", "073953.250000", "073953.250000", "073953.250000", "073958.250000", "073958.250000", "074003.250000", "074003.250000", "074003.265000", "074008.250000", "074008.250000", "074013.250000", "074013.250000", "074013.265000", "074018.250000", "074018.250000", "074023.250000", "074023.250000", "074023.250000", "074028.250000", "074028.250000", "074033.250000", "074033.250000", "074033.250000", "074038.250000", "074038.250000", "074038.250000", "074043.250000", "074043.250000", "074048.250000", "074048.250000", "074048.250000", "074053.250000", "074053.250000", "074058.250000", "074058.250000", "074058.265000", "074103.250000", "074103.250000", "074103.250000", "074108.250000", "074108.250000", "074113.250000", "074113.250000", "074113.265000", "074118.250000", "074118.250000", "074123.250000", "074123.250000", "074123.265000", "074128.250000", "074128.250000", "074133.250000", "074133.250000", "074133.250000", "074138.250000", "074138.250000", "074138.265000", "074143.250000", "074143.250000", "074148.250000", "074148.250000", "074148.250000", "074153.250000", "074153.250000", "074158.250000", "074158.250000", "074158.250000", "074203.250000", "074203.250000", "074208.250000", "074208.265000", "074208.265000", "074213.250000", "074213.250000", "074218.250000", "074218.250000", "074218.250000", "074223.250000", "074223.250000", "074223.250000", "074228.250000", "074228.250000", "074233.250000", "074233.250000", "074233.250000", "074238.250000", "074238.250000", "074238.250000", "074243.250000", "074243.250000", "074248.250000", "074248.250000", "074248.265000", "074253.250000", "074253.250000", "074258.250000", "074258.250000", "074258.250000", "074303.250000", "074303.250000", "074308.250000", "074308.250000", "074308.250000", "074313.250000", "074313.250000", "074318.250000", "074318.265000", "074318.265000", "074323.250000", "074323.250000", "074328.250000", "074328.250000", "074328.250000", "074333.250000", "074333.250000", "074338.250000", "074338.250000", "074338.250000", "074343.250000", "074343.250000", "074348.250000", "074348.250000", "074348.265000", "074353.250000", "074353.250000", "074358.250000", "074358.250000", "074358.265000", "074403.250000", "074403.250000", "074408.250000", "074408.250000", "074408.265000", "074413.250000", "074413.250000", "074413.265000", "074418.250000", "074418.250000", "074423.250000", "074423.250000", "074423.250000", "074428.250000", "074428.250000", "074433.250000", "074433.250000", "074433.250000", "074438.250000", "074438.250000", "074438.250000", "074443.250000", "074443.250000", "074448.250000", "074448.250000", "074448.250000", "074453.250000", "074453.250000", "074458.250000", "074458.250000", "074458.250000", "074503.250000", "074503.265000", "074508.250000", "074508.250000", "074508.250000", "074513.250000", "074513.250000", "074518.250000", "074518.265000", "074518.265000", "074523.250000", "074523.265000", "074528.250000", "074528.250000", "074528.250000", "074533.250000", "074533.250000", "074538.250000", "074538.250000", "074538.250000", "074543.250000", "074543.250000", "074543.250000", "074548.250000", "074548.250000", "074553.250000", "074553.250000", "074553.250000", "074558.250000", "074558.250000", "074603.250000", "074603.250000", "074603.265000", "074608.250000", "074608.250000", "074613.250000", "074613.250000", "074613.265000", "074618.250000", "074618.250000", "074618.250000", "074623.250000", "074623.250000", "074628.250000", "074628.250000", "074633.250000", "074633.250000", "074633.250000", "074638.250000", "074638.250000", "074638.265000", "074643.250000", "074643.250000", "074648.250000", "074648.250000", "074648.250000", "074653.250000", "074653.250000", "074658.250000", "074658.250000", "074658.265000", "074703.250000", "074703.250000", "074703.250000", "074708.250000", "074708.250000", "074713.250000", "074713.250000", "074713.250000", "074718.250000", "074718.250000", "074723.250000", "074723.250000", "074723.250000", "074728.250000", "074728.250000", "074733.250000", "074733.250000", "074733.250000", "074738.250000", "074738.250000", "074743.250000", "074743.250000", "074743.250000", "074748.250000", "074748.250000", "074753.250000", "074753.250000", "074753.265000", "074758.250000", "074758.250000", "074758.250000", "074803.250000", "074803.250000", "074808.250000", "074808.250000", "074808.250000", "074813.250000", "074813.250000", "074813.250000", "074818.250000", "074818.250000", "074823.250000", "074823.250000", "074823.250000", "074828.250000", "074828.250000", "074828.250000", "074833.250000", "074833.250000", "074838.250000", "074838.250000", "074838.250000", "074843.250000", "074843.250000", "074843.250000", "074848.250000", "074848.250000", "074848.265000", "074853.250000", "074853.250000", "074858.250000", "074858.250000", "074858.250000", "074903.250000", "074903.250000", "074903.250000", "074908.250000", "074908.250000", "074913.250000", "074913.250000", "074913.250000", "074918.250000", "074918.250000", "074918.250000", "074923.250000", "074923.250000", "074928.250000", "074928.250000", "074928.250000", "074933.250000", "074933.250000", "074933.250000", "074938.250000", "074938.250000", "074943.250000", "074943.250000", "074943.250000", "074948.250000", "074948.250000", "074948.250000", "074953.250000", "074953.250000", "074958.250000", "074958.250000", "074958.250000", "075003.250000", "075003.250000", "075003.250000", "075008.250000", "075008.250000", "075013.250000", "075013.250000", "075013.250000", "075018.250000", "075018.250000", "075018.250000", "075023.250000", "075023.250000", "075028.250000", "075028.250000", "075028.250000", "075033.250000", "075033.250000", "075033.250000", "075038.250000", "075038.250000", "075043.250000", "075043.250000", "075043.250000", "075048.250000", "075048.250000", "075048.265000", "075053.250000", "075053.250000", "075053.250000", "075058.250000", "075058.265000", "075103.250000", "075103.250000", "075103.265000", "075108.250000", "075108.250000", "075108.265000", "075113.250000", "075113.250000", "075118.250000", "075118.250000", "075118.250000", "075123.250000", "075123.250000", "075123.250000", "075128.250000", "075128.250000", "075133.250000", "075133.265000", "075133.265000", "075138.250000", "075138.250000", "075138.250000", "075143.250000", "075143.265000", "075148.250000", "075148.250000", "075148.250000", "075153.250000", "075153.250000", "075158.250000", "075158.250000", "075158.265000", "075203.250000", "075203.250000", "075208.250000", "075208.250000", "075208.265000", "075213.250000", "075213.250000", "075213.281000", "075218.250000", "075218.265000", "075218.265000", "075223.250000", "075223.250000", "075223.250000", "075228.250000", "075228.250000", "075228.250000", "075233.250000", "075233.250000", "075238.250000", "075238.250000", "075238.250000", "075243.250000", "075243.250000", "075243.250000", "075248.250000", "075248.250000", "075248.265000", "075253.250000", "075253.250000", "075258.250000", "075258.250000", "075258.250000", "075303.250000", "075303.250000", "075303.265000", "075308.250000", "075308.250000", "075313.250000", "075313.250000", "075313.265000", "075318.250000", "075318.250000", "075318.265000", "075323.250000", "075323.250000", "075328.250000", "075328.250000", "075328.250000", "075333.250000", "075333.265000", "075333.265000", "075338.250000", "075338.250000", "075343.250000", "075343.250000", "075343.265000", "075348.250000", "075348.250000", "075348.250000", "075353.250000", "075353.250000", "075358.250000", "075358.250000", "075358.265000", "075403.250000", "075403.250000", "075403.265000", "075408.250000", "075408.250000", "075408.250000", "075413.250000", "075413.265000", "075418.250000", "075418.250000", "075418.265000", "075423.250000", "075423.250000", "075423.250000", "075428.250000", "075428.250000", "075428.250000", "075433.250000", "075433.250000", "075433.250000", "075438.250000", "075438.265000", "075438.515000"], "InstanceCreationTime": ["073812.968000", "073818.250000", "073818.250000", "073818.250000", "073818.250000", "073823.250000", "073823.250000", "073823.250000", "073828.250000", "073828.250000", "073833.250000", "073833.250000", "073833.250000", "073838.250000", "073838.250000", "073843.250000", "073843.250000", "073843.250000", "073848.250000", "073848.250000", "073853.250000", "073853.250000", "073853.250000", "073858.250000", "073858.250000", "073858.250000", "073903.250000", "073903.250000", "073908.250000", "073908.250000", "073908.265000", "073913.250000", "073913.250000", "073918.250000", "073918.250000", "073918.265000", "073923.250000", "073923.250000", "073928.250000", "073928.250000", "073928.250000", "073933.250000", "073933.250000", "073938.250000", "073938.250000", "073938.250000", "073943.250000", "073943.250000", "073943.250000", "073948.250000", "073948.250000", "073953.250000", "073953.250000", "073953.250000", "073958.250000", "073958.250000", "074003.250000", "074003.250000", "074003.265000", "074008.250000", "074008.250000", "074013.250000", "074013.250000", "074013.265000", "074018.250000", "074018.250000", "074023.250000", "074023.250000", "074023.250000", "074028.250000", "074028.250000", "074033.250000", "074033.250000", "074033.250000", "074038.250000", "074038.250000", "074038.250000", "074043.250000", "074043.250000", "074048.250000", "074048.250000", "074048.250000", "074053.250000", "074053.250000", "074058.250000", "074058.250000", "074058.265000", "074103.250000", "074103.250000", "074103.250000", "074108.250000", "074108.250000", "074113.250000", "074113.250000", "074113.265000", "074118.250000", "074118.250000", "074123.250000", "074123.250000", "074123.265000", "074128.250000", "074128.250000", "074133.250000", "074133.250000", "074133.250000", "074138.250000", "074138.250000", "074138.265000", "074143.250000", "074143.250000", "074148.250000", "074148.250000", "074148.250000", "074153.250000", "074153.250000", "074158.250000", "074158.250000", "074158.250000", "074203.250000", "074203.250000", "074208.250000", "074208.265000", "074208.265000", "074213.250000", "074213.250000", "074218.250000", "074218.250000", "074218.250000", "074223.250000", "074223.250000", "074223.250000", "074228.250000", "074228.250000", "074233.250000", "074233.250000", "074233.250000", "074238.250000", "074238.250000", "074238.250000", "074243.250000", "074243.250000", "074248.250000", "074248.250000", "074248.265000", "074253.250000", "074253.250000", "074258.250000", "074258.250000", "074258.250000", "074303.250000", "074303.250000", "074308.250000", "074308.250000", "074308.250000", "074313.250000", "074313.250000", "074318.250000", "074318.265000", "074318.265000", "074323.250000", "074323.250000", "074328.250000", "074328.250000", "074328.250000", "074333.250000", "074333.250000", "074338.250000", "074338.250000", "074338.250000", "074343.250000", "074343.250000", "074348.250000", "074348.250000", "074348.265000", "074353.250000", "074353.250000", "074358.250000", "074358.250000", "074358.265000", "074403.250000", "074403.250000", "074408.250000", "074408.250000", "074408.265000", "074413.250000", "074413.250000", "074413.265000", "074418.250000", "074418.250000", "074423.250000", "074423.250000", "074423.250000", "074428.250000", "074428.250000", "074433.250000", "074433.250000", "074433.250000", "074438.250000", "074438.250000", "074438.250000", "074443.250000", "074443.250000", "074448.250000", "074448.250000", "074448.250000", "074453.250000", "074453.250000", "074458.250000", "074458.250000", "074458.250000", "074503.250000", "074503.265000", "074508.250000", "074508.250000", "074508.250000", "074513.250000", "074513.250000", "074518.250000", "074518.265000", "074518.265000", "074523.250000", "074523.265000", "074528.250000", "074528.250000", "074528.250000", "074533.250000", "074533.250000", "074538.250000", "074538.250000", "074538.250000", "074543.250000", "074543.250000", "074543.250000", "074548.250000", "074548.250000", "074553.250000", "074553.250000", "074553.250000", "074558.250000", "074558.250000", "074603.250000", "074603.250000", "074603.265000", "074608.250000", "074608.250000", "074613.250000", "074613.250000", "074613.265000", "074618.250000", "074618.250000", "074618.250000", "074623.250000", "074623.250000", "074628.250000", "074628.250000", "074633.250000", "074633.250000", "074633.250000", "074638.250000", "074638.250000", "074638.265000", "074643.250000", "074643.250000", "074648.250000", "074648.250000", "074648.250000", "074653.250000", "074653.250000", "074658.250000", "074658.250000", "074658.265000", "074703.250000", "074703.250000", "074703.250000", "074708.250000", "074708.250000", "074713.250000", "074713.250000", "074713.250000", "074718.250000", "074718.250000", "074723.250000", "074723.250000", "074723.250000", "074728.250000", "074728.250000", "074733.250000", "074733.250000", "074733.250000", "074738.250000", "074738.250000", "074743.250000", "074743.250000", "074743.250000", "074748.250000", "074748.250000", "074753.250000", "074753.250000", "074753.265000", "074758.250000", "074758.250000", "074758.250000", "074803.250000", "074803.250000", "074808.250000", "074808.250000", "074808.250000", "074813.250000", "074813.250000", "074813.250000", "074818.250000", "074818.250000", "074823.250000", "074823.250000", "074823.250000", "074828.250000", "074828.250000", "074828.250000", "074833.250000", "074833.250000", "074838.250000", "074838.250000", "074838.250000", "074843.250000", "074843.250000", "074843.250000", "074848.250000", "074848.250000", "074848.265000", "074853.250000", "074853.250000", "074858.250000", "074858.250000", "074858.250000", "074903.250000", "074903.250000", "074903.250000", "074908.250000", "074908.250000", "074913.250000", "074913.250000", "074913.250000", "074918.250000", "074918.250000", "074918.250000", "074923.250000", "074923.250000", "074928.250000", "074928.250000", "074928.250000", "074933.250000", "074933.250000", "074933.250000", "074938.250000", "074938.250000", "074943.250000", "074943.250000", "074943.250000", "074948.250000", "074948.250000", "074948.250000", "074953.250000", "074953.250000", "074958.250000", "074958.250000", "074958.250000", "075003.250000", "075003.250000", "075003.250000", "075008.250000", "075008.250000", "075013.250000", "075013.250000", "075013.250000", "075018.250000", "075018.250000", "075018.250000", "075023.250000", "075023.250000", "075028.250000", "075028.250000", "075028.250000", "075033.250000", "075033.250000", "075033.250000", "075038.250000", "075038.250000", "075043.250000", "075043.250000", "075043.250000", "075048.250000", "075048.250000", "075048.265000", "075053.250000", "075053.250000", "075053.250000", "075058.250000", "075058.265000", "075103.250000", "075103.250000", "075103.265000", "075108.250000", "075108.250000", "075108.265000", "075113.250000", "075113.250000", "075118.250000", "075118.250000", "075118.250000", "075123.250000", "075123.250000", "075123.250000", "075128.250000", "075128.250000", "075133.250000", "075133.265000", "075133.265000", "075138.250000", "075138.250000", "075138.250000", "075143.250000", "075143.265000", "075148.250000", "075148.250000", "075148.250000", "075153.250000", "075153.250000", "075158.250000", "075158.250000", "075158.265000", "075203.250000", "075203.250000", "075208.250000", "075208.250000", "075208.265000", "075213.250000", "075213.250000", "075213.281000", "075218.250000", "075218.265000", "075218.265000", "075223.250000", "075223.250000", "075223.250000", "075228.250000", "075228.250000", "075228.250000", "075233.250000", "075233.250000", "075238.250000", "075238.250000", "075238.250000", "075243.250000", "075243.250000", "075243.250000", "075248.250000", "075248.250000", "075248.265000", "075253.250000", "075253.250000", "075258.250000", "075258.250000", "075258.250000", "075303.250000", "075303.250000", "075303.265000", "075308.250000", "075308.250000", "075313.250000", "075313.250000", "075313.265000", "075318.250000", "075318.250000", "075318.265000", "075323.250000", "075323.250000", "075328.250000", "075328.250000", "075328.250000", "075333.250000", "075333.265000", "075333.265000", "075338.250000", "075338.250000", "075343.250000", "075343.250000", "075343.265000", "075348.250000", "075348.250000", "075348.250000", "075353.250000", "075353.250000", "075358.250000", "075358.250000", "075358.265000", "075403.250000", "075403.250000", "075403.265000", "075408.250000", "075408.250000", "075408.250000", "075413.250000", "075413.265000", "075418.250000", "075418.250000", "075418.265000", "075423.250000", "075423.250000", "075423.250000", "075428.250000", "075428.250000", "075428.250000", "075433.250000", "075433.250000", "075433.250000", "075438.250000", "075438.265000", "075438.515000"], "InstanceNumber": [1, 2, 3, 4, 5, 6, 7, 8, 9, 10, 11, 12, 13, 14, 15, 16, 17, 18, 19, 20, 21, 22, 23, 24, 25, 26, 27, 28, 29, 30, 31, 32, 33, 34, 35, 36, 37, 38, 39, 40, 41, 42, 43, 44, 45, 46, 47, 48, 49, 50, 51, 52, 53, 54, 55, 56, 57, 58, 59, 60, 61, 62, 63, 64, 65, 66, 67, 68, 69, 70, 71, 72, 73, 74, 75, 76, 77, 78, 79, 80, 81, 82, 83, 84, 85, 86, 87, 88, 89, 90, 91, 92, 93, 94, 95, 96, 97, 98, 99, 100, 101, 102, 103, 104, 105, 106, 107, 108, 109, 110, 111, 112, 113, 114, 115, 116, 117, 118, 119, 120, 121, 122, 123, 124, 125, 126, 127, 128, 129, 130, 131, 132, 133, 134, 135, 136, 137, 138, 139, 140, 141, 142, 143, 144, 145, 146, 147, 148, 149, 150, 151, 152, 153, 154, 155, 156, 157, 158, 159, 160, 161, 162, 163, 164, 165, 166, 167, 168, 169, 170, 171, 172, 173, 174, 175, 176, 177, 178, 179, 180, 181, 182, 183, 184, 185, 186, 187, 188, 189, 190, 191, 192, 193, 194, 195, 196, 197, 198, 199, 200, 201, 202, 203, 204, 205, 206, 207, 208, 209, 210, 211, 212, 213, 214, 215, 216, 217, 218, 219, 220, 221, 222, 223, 224, 225, 226, 227, 228, 229, 230, 231, 232, 233, 234, 235, 236, 237, 238, 239, 240, 241, 242, 243, 244, 245, 246, 247, 248, 249, 250, 251, 252, 253, 254, 255, 256, 257, 258, 259, 260, 261, 262, 263, 264, 265, 266, 267, 268, 269, 270, 271, 272, 273, 274, 275, 276, 277, 278, 279, 280, 281, 282, 283, 284, 285, 286, 287, 288, 289, 290, 291, 292, 293, 294, 295, 296, 297, 298, 299, 300, 301, 302, 303, 304, 305, 306, 307, 308, 309, 310, 311, 312, 313, 314, 315, 316, 317, 318, 319, 320, 321, 322, 323, 324, 325, 326, 327, 328, 329, 330, 331, 332, 333, 334, 335, 336, 337, 338, 339, 340, 341, 342, 343, 344, 345, 346, 347, 348, 349, 350, 351, 352, 353, 354, 355, 356, 357, 358, 359, 360, 361, 362, 363, 364, 365, 366, 367, 368, 369, 370, 371, 372, 373, 374, 375, 376, 377, 378, 379, 380, 381, 382, 383, 384, 385, 386, 387, 388, 389, 390, 391, 392, 393, 394, 395, 396, 397, 398, 399, 400, 401, 402, 403, 404, 405, 406, 407, 408, 409, 410, 411, 412, 413, 414, 415, 416, 417, 418, 419, 420, 421, 422, 423, 424, 425, 426, 427, 428, 429, 430, 431, 432, 433, 434, 435, 436, 437, 438, 439, 440, 441, 442, 443, 444, 445, 446, 447, 448, 449, 450, 451, 452, 453, 454, 455, 456, 457, 458, 459, 460, 461, 462, 463, 464, 465, 466, 467, 468, 469, 470, 471, 472, 473, 474, 475, 476, 477, 478, 479, 480, 481, 482, 483, 484, 485, 486, 487, 488, 489, 490, 491, 492, 493, 494, 495, 496, 497, 498, 499, 500, 501, 502, 503, 504, 505, 506, 507, 508, 509, 510, 511, 512, 513, 514, 515, 516, 517, 518], "LargestImagePixelValue": [29085, 28736, 28436, 28012, 28203, 32256, 28108, 28201, 28193, 28129, 30272, 28145, 28154, 28275, 28193, 28298, 28319, 28423, 28232, 40409, 28382, 32987, 28292, 28018, 28339, 28184, 28015, 28261, 28169, 36757, 28064, 34292, 27960, 28065, 30908, 28155, 29048, 38378, 28205, 29841, 29143, 33001, 29370, 28283, 28020, 32013, 36871, 28184, 32357, 28437, 28344, 28248, 28201, 30912, 27992, 33356, 28259, 28305, 28278, 28379, 28307, 28153, 34230, 28275, 33948, 28267, 32769, 28258, 31590, 28182, 28233, 34699, 27896, 32178, 29983, 28050, 27949, 28912, 27882, 32142, 27993, 30128, 28003, 28028, 28002, 27722, 35053, 27720, 31508, 28072, 29150, 28032, 27930, 27957, 30566, 27891, 31196, 28040, 28166, 28061, 27938, 27848, 27911, 29848, 28063, 31942, 28138, 33048, 27998, 27861, 27903, 28268, 34168, 28173, 34718, 28247, 28003, 38511, 28068, 27997, 28349, 28511, 28460, 34254, 28291, 28182, 39540, 28112, 28175, 29241, 28207, 29117, 31028, 29731, 33583, 37195, 28082, 27828, 33248, 27886, 27968, 28020, 28106, 31771, 28412, 28218, 28271, 28365, 28262, 28351, 28545, 28472, 28266, 28401, 28339, 33136, 28402, 28405, 28394, 35479, 28421, 31698, 28328, 28544, 28347, 28202, 28175, 28415, 28168, 29708, 28293, 30275, 27996, 30434, 28070, 28214, 28001, 32431, 28406, 28422, 28198, 30395, 28456, 31736, 28487, 28121, 28164, 28116, 28260, 28046, 35359, 28083, 31319, 28282, 28376, 28272, 29983, 28220, 30534, 28399, 30763, 28339, 35126, 28200, 32532, 28492, 28195, 28281, 36613, 28425, 28382, 28284, 30156, 28546, 32267, 28034, 28141, 28206, 30703, 28472, 38297, 28250, 37108, 28398, 32027, 28417, 28220, 28435, 28347, 28195, 30545, 28151, 33197, 28160, 33224, 28345, 28216, 28043, 28142, 35014, 28293, 28353, 28268, 28394, 28201, 32443, 28351, 28076, 28392, 28333, 28415, 27988, 31721, 28286, 36907, 28254, 28288, 28200, 28241, 28189, 28108, 28077, 28304, 34279, 28328, 29717, 28381, 32102, 28209, 32987, 28655, 29213, 28288, 31246, 28158, 34339, 28361, 33279, 28061, 31635, 28053, 28834, 27780, 30138, 32119, 28103, 28245, 28255, 28032, 33176, 34846, 28042, 30703, 27857, 29218, 28045, 27793, 27502, 34030, 27581, 29211, 27761, 32702, 27609, 27501, 27370, 27489, 34222, 27300, 31723, 27726, 35280, 27612, 33236, 30229, 27303, 27232, 27940, 27577, 28814, 27584, 34261, 27713, 34158, 27604, 29365, 27506, 34654, 28578, 27712, 27908, 28007, 27908, 27778, 32444, 27920, 32044, 27903, 28092, 27695, 27728, 27984, 33053, 27951, 27884, 27910, 32313, 27946, 27895, 27996, 27946, 33116, 27779, 28038, 27897, 28019, 29895, 27715, 37709, 27846, 28370, 28038, 35197, 27667, 27933, 28086, 27786, 27680, 27965, 28174, 27905, 27875, 37888, 27755, 27886, 34418, 27684, 33349, 27984, 28644, 27755, 27967, 27829, 34785, 27838, 30904, 27851, 27763, 30438, 27624, 30312, 27704, 27757, 28255, 27900, 27789, 27812, 27817, 27766, 27578, 32619, 27829, 27605, 36037, 27425, 33412, 27570, 27856, 27895, 27757, 27707, 27582, 27317, 28128, 39580, 27766, 27650, 27720, 32234, 28879, 27608, 32635, 27873, 30066, 27656, 28385, 27433, 27373, 27391, 27651, 34806, 27405, 34764, 27511, 28716, 27366, 32198, 27417, 31573, 27529, 27532, 27410, 29709, 27397, 33503, 27679, 34340, 27759, 29546, 27860, 30994, 27770, 32913, 27926, 29788, 30044, 27538, 27704, 31260, 27833, 31023, 27474, 33544, 27600, 27845, 27940, 27716, 33259, 27835, 36549, 27751, 27935, 27702, 27849, 32616, 27580, 33928, 27598, 27798, 27690, 27811, 27805, 27659, 27820, 28164, 35873, 27918, 32544, 27817, 27763, 27886, 28118, 28026, 36138, 27803, 32470, 27931, 32744, 27970, 31610, 27947, 32235, 28014, 27995, 28004, 28404, 27855, 29171, 28236, 30402, 28175, 29930, 29157, 28001, 28131, 28127, 32840, 28263], "WindowCenter": [9888.0, 9881.0, 9888.0, 9881.0, 9892.0, 9901.0, 9892.0, 9882.0, 9899.0, 9885.0, 9883.0, 9876.0, 9898.0, 9893.0, 9890.0, 9898.0, 9909.0, 9922.0, 9912.0, 9939.0, 9887.0, 9900.0, 9874.0, 9867.0, 9877.0, 9892.0, 9892.0, 9889.0, 9889.0, 9914.0, 9886.0, 9908.0, 9873.0, 9877.0, 9892.0, 9881.0, 9887.0, 9912.0, 9864.0, 9877.0, 9890.0, 9972.0, 9974.0, 9947.0, 9919.0, 9925.0, 9909.0, 9886.0, 9902.0, 9878.0, 9889.0, 9889.0, 9893.0, 9917.0, 9881.0, 9915.0, 9887.0, 9901.0, 9883.0, 9900.0, 9907.0, 9916.0, 9915.0, 9901.0, 9908.0, 9889.0, 9898.0, 9883.0, 9907.0, 9891.0, 9890.0, 9920.0, 9884.0, 9911.0, 9900.0, 9883.0, 9871.0, 9897.0, 9884.0, 9898.0, 9871.0, 9889.0, 9880.0, 9876.0, 9881.0, 9888.0, 9903.0, 9876.0, 9886.0, 9871.0, 9887.0, 9885.0, 9903.0, 9905.0, 9910.0, 9876.0, 9881.0, 9886.0, 9882.0, 9894.0, 9895.0, 9900.0, 9909.0, 9918.0, 9917.0, 9933.0, 9909.0, 9938.0, 9914.0, 9884.0, 9915.0, 9908.0, 9935.0, 9908.0, 9923.0, 9884.0, 9886.0, 9918.0, 9885.0, 9888.0, 9907.0, 9906.0, 9914.0, 9932.0, 9901.0, 9891.0, 9917.0, 9871.0, 9874.0, 9886.0, 9904.0, 9972.0, 9940.0, 9925.0, 9946.0, 9995.0, 9900.0, 9898.0, 9907.0, 9880.0, 9881.0, 9890.0, 9897.0, 9910.0, 9900.0, 9907.0, 9899.0, 9896.0, 9903.0, 9912.0, 9897.0, 9890.0, 9912.0, 9913.0, 9909.0, 9927.0, 9906.0, 9906.0, 9908.0, 9929.0, 9904.0, 9913.0, 9902.0, 9904.0, 9903.0, 9896.0, 9901.0, 9913.0, 9912.0, 9918.0, 9909.0, 9918.0, 9912.0, 9915.0, 9904.0, 9910.0, 9910.0, 9925.0, 9911.0, 9905.0, 9924.0, 9940.0, 9908.0, 9919.0, 9912.0, 9914.0, 9915.0, 9916.0, 9913.0, 9910.0, 9939.0, 9913.0, 9927.0, 9891.0, 9915.0, 9910.0, 9924.0, 9925.0, 9931.0, 9904.0, 9912.0, 9910.0, 9935.0, 9897.0, 9916.0, 9894.0, 9899.0, 9903.0, 9925.0, 9900.0, 9909.0, 9912.0, 9906.0, 9910.0, 9923.0, 9901.0, 9923.0, 9932.0, 9958.0, 9920.0, 9939.0, 9915.0, 9937.0, 9889.0, 9908.0, 9903.0, 9895.0, 9901.0, 9908.0, 9920.0, 9908.0, 9914.0, 9927.0, 9902.0, 9925.0, 9914.0, 9908.0, 9912.0, 9912.0, 9932.0, 9907.0, 9898.0, 9887.0, 9897.0, 9917.0, 9916.0, 9906.0, 9902.0, 9901.0, 9907.0, 9921.0, 9924.0, 9928.0, 9910.0, 9929.0, 9895.0, 9905.0, 9910.0, 9907.0, 9911.0, 9908.0, 9915.0, 9917.0, 9936.0, 9921.0, 9917.0, 9920.0, 9931.0, 9925.0, 9944.0, 9921.0, 9924.0, 9931.0, 9934.0, 9922.0, 9944.0, 9903.0, 9938.0, 9910.0, 9923.0, 9909.0, 9912.0, 9917.0, 9935.0, 9948.0, 9924.0, 9929.0, 9920.0, 9920.0, 9939.0, 9951.0, 9924.0, 9921.0, 9919.0, 9917.0, 9919.0, 9916.0, 9917.0, 9944.0, 9920.0, 9930.0, 9930.0, 9941.0, 9912.0, 9905.0, 9921.0, 9915.0, 9938.0, 9926.0, 9944.0, 9917.0, 9949.0, 9914.0, 9942.0, 9922.0, 9910.0, 9915.0, 9909.0, 9926.0, 9936.0, 9932.0, 9957.0, 9906.0, 9956.0, 9917.0, 9920.0, 9919.0, 9944.0, 9910.0, 9914.0, 9914.0, 9929.0, 9936.0, 9940.0, 9957.0, 9921.0, 9947.0, 9923.0, 9920.0, 9930.0, 9931.0, 9936.0, 9948.0, 9934.0, 9929.0, 9939.0, 9949.0, 9941.0, 9925.0, 9932.0, 9924.0, 9933.0, 9909.0, 9912.0, 9931.0, 9940.0, 9940.0, 9955.0, 9982.0, 9925.0, 9921.0, 9934.0, 9951.0, 9914.0, 9930.0, 9924.0, 9929.0, 9936.0, 9950.0, 9937.0, 9946.0, 9930.0, 9953.0, 9938.0, 9930.0, 9953.0, 9929.0, 9936.0, 9913.0, 9910.0, 9903.0, 9914.0, 9912.0, 9945.0, 9928.0, 9929.0, 9899.0, 9912.0, 9921.0, 9911.0, 9923.0, 9917.0, 9932.0, 9941.0, 9924.0, 9941.0, 9929.0, 9946.0, 9942.0, 9942.0, 9966.0, 9936.0, 9940.0, 9977.0, 9944.0, 9959.0, 9939.0, 9940.0, 9930.0, 9952.0, 9956.0, 9956.0, 9961.0, 9953.0, 9988.0, 9930.0, 9939.0, 9926.0, 9945.0, 9931.0, 9931.0, 9943.0, 9917.0, 9919.0, 9902.0, 9906.0, 9906.0, 9898.0, 9902.0, 9936.0, 9959.0, 9916.0, 9952.0, 9905.0, 9914.0, 9929.0, 9937.0, 9932.0, 9942.0, 9939.0, 9929.0, 9953.0, 9958.0, 9929.0, 9966.0, 9936.0, 9967.0, 9940.0, 9956.0, 9950.0, 9954.0, 9946.0, 9955.0, 9943.0, 9951.0, 9958.0, 9948.0, 9942.0, 9964.0, 9943.0, 9950.0, 9943.0, 9970.0, 9936.0, 9934.0, 9940.0, 9944.0, 9972.0, 9942.0, 9975.0, 9944.0, 9930.0, 9942.0, 9945.0, 9953.0, 9937.0, 9959.0, 9937.0, 9936.0, 9930.0, 9950.0, 9944.0, 9929.0, 9937.0, 9951.0, 9965.0, 9945.0, 9961.0, 9926.0, 9937.0, 9932.0, 9930.0, 9941.0, 9961.0, 9941.0, 9963.0, 9943.0, 9969.0, 9945.0, 9949.0, 9956.0, 9956.0, 9938.0, 9924.0, 9947.0, 9957.0, 9965.0, 9952.0, 9960.0, 9958.0, 9952.0, 9953.0, 9941.0, 9942.0, 9944.0, 9943.0, 9968.0, 9942.0], "WindowWidth": [21037.0, 21023.0, 21029.0, 21016.0, 21040.0, 21058.0, 21038.0, 21020.0, 21049.0, 21025.0, 21019.0, 21005.0, 21045.0, 21040.0, 21037.0, 21056.0, 21082.0, 21109.0, 21090.0, 21134.0, 21026.0, 21047.0, 20997.0, 20984.0, 21007.0, 21041.0, 21042.0, 21038.0, 21033.0, 21077.0, 21021.0, 21064.0, 20997.0, 21009.0, 21037.0, 21015.0, 21024.0, 21068.0, 20973.0, 21000.0, 21047.0, 21239.0, 21238.0, 21170.0, 21104.0, 21112.0, 21067.0, 21024.0, 21057.0, 21007.0, 21031.0, 21033.0, 21046.0, 21090.0, 21017.0, 21078.0, 21031.0, 21056.0, 21025.0, 21060.0, 21078.0, 21097.0, 21091.0, 21058.0, 21071.0, 21031.0, 21049.0, 21022.0, 21068.0, 21038.0, 21038.0, 21095.0, 21023.0, 21074.0, 21051.0, 21017.0, 20997.0, 21050.0, 21022.0, 21046.0, 20995.0, 21028.0, 21012.0, 21005.0, 21018.0, 21029.0, 21054.0, 21001.0, 21021.0, 20994.0, 21028.0, 21029.0, 21067.0, 21068.0, 21077.0, 21007.0, 21011.0, 21022.0, 21019.0, 21045.0, 21048.0, 21063.0, 21082.0, 21098.0, 21103.0, 21132.0, 21082.0, 21138.0, 21090.0, 21030.0, 21092.0, 21082.0, 21133.0, 21075.0, 21103.0, 21025.0, 21028.0, 21089.0, 21019.0, 21030.0, 21070.0, 21072.0, 21092.0, 21125.0, 21059.0, 21039.0, 21082.0, 20988.0, 21001.0, 21026.0, 21063.0, 21247.0, 21148.0, 21111.0, 21167.0, 21278.0, 21053.0, 21042.0, 21057.0, 21009.0, 21006.0, 21031.0, 21048.0, 21069.0, 21052.0, 21069.0, 21059.0, 21053.0, 21062.0, 21082.0, 21051.0, 21035.0, 21077.0, 21083.0, 21081.0, 21115.0, 21070.0, 21069.0, 21072.0, 21111.0, 21060.0, 21080.0, 21061.0, 21066.0, 21061.0, 21048.0, 21061.0, 21085.0, 21082.0, 21096.0, 21077.0, 21095.0, 21086.0, 21091.0, 21066.0, 21080.0, 21081.0, 21109.0, 21083.0, 21076.0, 21114.0, 21144.0, 21078.0, 21094.0, 21083.0, 21088.0, 21090.0, 21092.0, 21089.0, 21081.0, 21135.0, 21085.0, 21111.0, 21041.0, 21089.0, 21080.0, 21108.0, 21113.0, 21124.0, 21070.0, 21085.0, 21079.0, 21128.0, 21059.0, 21091.0, 21044.0, 21054.0, 21066.0, 21104.0, 21056.0, 21079.0, 21084.0, 21074.0, 21083.0, 21110.0, 21062.0, 21106.0, 21132.0, 21183.0, 21107.0, 21143.0, 21092.0, 21130.0, 21033.0, 21072.0, 21064.0, 21048.0, 21064.0, 21081.0, 21103.0, 21076.0, 21089.0, 21114.0, 21063.0, 21110.0, 21091.0, 21080.0, 21086.0, 21084.0, 21125.0, 21074.0, 21056.0, 21035.0, 21056.0, 21098.0, 21093.0, 21069.0, 21062.0, 21060.0, 21074.0, 21104.0, 21114.0, 21122.0, 21084.0, 21115.0, 21045.0, 21066.0, 21078.0, 21072.0, 21083.0, 21080.0, 21097.0, 21104.0, 21133.0, 21106.0, 21101.0, 21108.0, 21130.0, 21117.0, 21155.0, 21111.0, 21112.0, 21126.0, 21133.0, 21108.0, 21151.0, 21072.0, 21140.0, 21084.0, 21111.0, 21080.0, 21086.0, 21101.0, 21136.0, 21161.0, 21114.0, 21127.0, 21111.0, 21105.0, 21142.0, 21167.0, 21112.0, 21105.0, 21105.0, 21100.0, 21101.0, 21097.0, 21099.0, 21151.0, 21109.0, 21129.0, 21132.0, 21147.0, 21088.0, 21077.0, 21110.0, 21096.0, 21142.0, 21122.0, 21159.0, 21109.0, 21164.0, 21094.0, 21149.0, 21108.0, 21085.0, 21094.0, 21089.0, 21119.0, 21140.0, 21135.0, 21183.0, 21082.0, 21176.0, 21105.0, 21107.0, 21105.0, 21153.0, 21086.0, 21093.0, 21097.0, 21127.0, 21140.0, 21152.0, 21184.0, 21111.0, 21159.0, 21119.0, 21112.0, 21126.0, 21132.0, 21139.0, 21163.0, 21136.0, 21130.0, 21147.0, 21164.0, 21153.0, 21124.0, 21135.0, 21118.0, 21132.0, 21080.0, 21087.0, 21133.0, 21153.0, 21156.0, 21186.0, 21235.0, 21118.0, 21112.0, 21134.0, 21168.0, 21098.0, 21134.0, 21119.0, 21126.0, 21146.0, 21175.0, 21151.0, 21168.0, 21136.0, 21177.0, 21145.0, 21130.0, 21171.0, 21125.0, 21140.0, 21091.0, 21078.0, 21064.0, 21088.0, 21087.0, 21149.0, 21117.0, 21119.0, 21056.0, 21079.0, 21101.0, 21082.0, 21106.0, 21100.0, 21136.0, 21151.0, 21116.0, 21150.0, 21131.0, 21161.0, 21156.0, 21161.0, 21208.0, 21141.0, 21146.0, 21221.0, 21157.0, 21186.0, 21152.0, 21154.0, 21133.0, 21177.0, 21186.0, 21186.0, 21200.0, 21178.0, 21242.0, 21129.0, 21147.0, 21120.0, 21156.0, 21129.0, 21127.0, 21152.0, 21095.0, 21090.0, 21060.0, 21070.0, 21068.0, 21054.0, 21068.0, 21135.0, 21179.0, 21096.0, 21166.0, 21070.0, 21089.0, 21124.0, 21140.0, 21131.0, 21156.0, 21150.0, 21130.0, 21181.0, 21187.0, 21127.0, 21200.0, 21143.0, 21198.0, 21152.0, 21186.0, 21174.0, 21178.0, 21165.0, 21180.0, 21155.0, 21173.0, 21187.0, 21167.0, 21156.0, 21202.0, 21159.0, 21168.0, 21157.0, 21208.0, 21141.0, 21142.0, 21149.0, 21158.0, 21215.0, 21153.0, 21215.0, 21161.0, 21129.0, 21153.0, 21163.0, 21177.0, 21144.0, 21190.0, 21148.0, 21139.0, 21130.0, 21171.0, 21158.0, 21128.0, 21143.0, 21175.0, 21201.0, 21159.0, 21193.0, 21120.0, 21140.0, 21132.0, 21132.0, 21148.0, 21187.0, 21155.0, 21198.0, 21159.0, 21211.0, 21160.0, 21168.0, 21181.0, 21182.0, 21146.0, 21122.0, 21163.0, 21187.0, 21207.0, 21181.0, 21193.0, 21191.0, 21180.0, 21177.0, 21148.0, 21155.0, 21160.0, 21157.0, 21211.0, 21161.0]}, "slices": {}}}