{"AcquisitionMatrixPE": 96, "AcquisitionNumber": 1, "AcquisitionTime": "07:36:34.237500", "BandwidthPerPixelPhaseEncode": 33.602, "BaseResolution": 96, "BodyPartExamined": "BRAIN", "ConsistencyInfo": "N4_VD11D_LATEST_20110129", "ConversionSoftware": "dcm2niix", "ConversionSoftwareVersion": "v1.0.20210317", "DerivedVendorReportedEchoSpacing": 0.000620003, "DeviceSerialNumber": "45239", "DwellTime": 2.6e-06, "EchoTime": 0.03, "EchoTrainLength": 48, "EffectiveEchoSpacing": 0.000310001, "FlipAngle": 63, "ImageComments": "Unaliased MB4/PE3", "ImageOrientationPatientDICOM": [0.999404, 0.0298275, -0.01736, -0.0345116, 0.86376, -0.50272], "ImageType": ["ORIGINAL", "PRIMARY", "M", "ND", "NORM", "MOSAIC"], "ImagingFrequency": 123.193, "InPlanePhaseEncodingDirectionDICOM": "COL", "InstitutionAddress": "E 24th St. 100,Austin,Southmiddle,US,78712", "InstitutionName": "Univ of Texas at Austin", "InstitutionalDepartmentName": "IRC", "MRAcquisitionType": "2D", "MagneticFieldStrength": 3, "Manufacturer": "Siemens", "ManufacturersModelName": "Skyra", "Modality": "MR", "MultibandAccelerationFactor": 4, "ParallelReductionFactorInPlane": 2, "PartialFourier": 1, "PatientPosition": "HFS", "PercentPhaseFOV": 100, "PercentSampling": 100, "PhaseEncodingDirection": "j-", "PhaseEncodingSteps": 96, "PhaseResolution": 1, "PixelBandwidth": 2005, "ProcedureStepDescription": "Poldrack2^self-scanning", "ProtocolName": "Resting State fMRI MBEPI_matrix96_BW2004", "PulseSequenceDetails": "%CustomerSeq%\\cmrr_mbep2d_bold", "ReceiveCoilActiveElements": "HEA;HEP", "ReceiveCoilName": "Head_32", "ReconMatrixPE": 96, "RefLinesPE": 94, "RepetitionTime": 1.16, "SAR": 0.110392, "ScanOptions": "FS", "ScanningSequence": "EP", "SequenceName": "epfid2d1_96", "SequenceVariant": "SK", "SeriesDescription": "Resting State fMRI MBEPI_matrix96_BW2004", "SeriesNumber": 9, "ShimSetting": [-2779, 8008, -15430, 154, -171, -53, 210, -44], "SliceThickness": 2, "SliceTiming": [0, 0.6125, 0.0675, 0.68, 0.135, 0.75, 0.2025, 0.8175, 0.2725, 0.885, 0.34, 0.955, 0.4075, 1.0225, 0.4775, 1.09, 0.545, 0, 0.6125, 0.0675, 0.68, 0.135, 0.75, 0.2025, 0.8175, 0.2725, 0.885, 0.34, 0.955, 0.4075, 1.0225, 0.4775, 1.09, 0.545, 0, 0.6125, 0.0675, 0.68, 0.135, 0.75, 0.2025, 0.8175, 0.2725, 0.885, 0.34, 0.955, 0.4075, 1.0225, 0.4775, 1.09, 0.545, 0, 0.6125, 0.0675, 0.68, 0.135, 0.75, 0.2025, 0.8175, 0.2725, 0.885, 0.34, 0.955, 0.4075, 1.0225, 0.4775, 1.09, 0.545], "SoftwareVersions": "syngo MR D11", "SpacingBetweenSlices": 2.4, "StationName": "AWP45239", "TaskName": "Resting fmri", "TotalReadoutTime": 0.0294501, "TxRefAmp": 346.147, "WipMemBlock": "e5b54f4b-fd88-431b-a05e-047642fa17e7||Sequence: VD11D r154; May 23 2012 22:27:19 by eja", "dcmmeta_affine": [[-2.3944060802459717, -0.08268392831087112, -5.2319371057762964e-09, 122.85432434082031], [-0.07146163284778595, 2.069424867630005, -1.2072478532791138, -67.893798828125], [-0.041591666638851166, 1.2044339179992676, 2.0742595195770264, -71.71944427490234], [0.0, 0.0, 0.0, 1.0]], "dcmmeta_reorient_transform": [[0.0, -1.0, 0.0, 95.0], [1.0, 0.0, 0.0, 0.0], [0.0, 0.0, 1.0, 0.0], [0.0, 0.0, 0.0, 1.0]], "dcmmeta_shape": [96, 96, 68, 518], "dcmmeta_slice_dim": 2, "dcmmeta_version": 0.6, "global": {"const": {"AcquisitionMatrix": [96, 0, 0, 96], "AngioFlag": "N", "BitsAllocated": 16, "BitsStored": 16, "BodyPartExamined": "BRAIN", "Columns": 864, "EchoNumbers": 1, "EchoTime": 30.0, "EchoTrainLength": 48, "FlipAngle": 63.0, "HighBit": 15, "ImageOrientationPatient": [0.99940429892109, 0.02982746503206, -0.0173600008009, -0.0345115531097, 0.86375996411248, -0.5027202771904], "ImagePositionPatient": [-1002.7006471156, -950.80196529113, 521.17562510224], "ImageType": ["ORIGINAL", "PRIMARY", "M", "ND", "NORM", "MOSAIC"], "ImagedNucleus": "1H", "ImagingFrequency": 123.193276, "InPlanePhaseEncodingDirection": "COL", "MRAcquisitionType": "2D", "MagneticFieldStrength": 3.0, "Manufacturer": "SIEMENS", "ManufacturerModelName": "Skyra", "Modality": "MR", "NumberOfAverages": 1.0, "NumberOfPhaseEncodingSteps": 96, "PercentPhaseFieldOfView": 100.0, "PercentSampling": 100.0, "PerformedProcedureStepStartTime": "071410.218000", "PhotometricInterpretation": "MONOCHROME2", "PixelBandwidth": 2005.0, "PixelRepresentation": 0, "PixelSpacing": [2.3958332538605, 2.3958332538605], "ProtocolName": "Resting State fMRI MBEPI_matrix96_BW2004", "RepetitionTime": 1160.0, "Rows": 864, "SAR": 0.11039238177588, "SamplesPerPixel": 1, "ScanOptions": "FS", "ScanningSequence": "EP", "SequenceName": "epfid2d1_96", "SequenceVariant": "SK", "SeriesDescription": "Resting State fMRI MBEPI_matrix96_BW2004", "SeriesNumber": 9, "SeriesTime": "073720.796000", "SliceLocation": -27.833370944903, "SliceThickness": 2.0, "SmallestImagePixelValue": 0, "SoftwareVersions": "syngo MR D11", "SpacingBetweenSlices": 2.4000000019283, "SpecificCharacterSet": "ISO_IR 100", "StudyID": "1", "StudyTime": "071410.187000", "TransmitCoilName": "Body", "VariableFlipAngleFlag": "N", "WindowCenterWidthExplanation": "Algo1", "dBdt": 0.0}, "slices": {}}, "time": {"samples": {"AcquisitionNumber": [1, 2, 3, 4, 5, 6, 7, 8, 9, 10, 11, 12, 13, 14, 15, 16, 17, 18, 19, 20, 21, 22, 23, 24, 25, 26, 27, 28, 29, 30, 31, 32, 33, 34, 35, 36, 37, 38, 39, 40, 41, 42, 43, 44, 45, 46, 47, 48, 49, 50, 51, 52, 53, 54, 55, 56, 57, 58, 59, 60, 61, 62, 63, 64, 65, 66, 67, 68, 69, 70, 71, 72, 73, 74, 75, 76, 77, 78, 79, 80, 81, 82, 83, 84, 85, 86, 87, 88, 89, 90, 91, 92, 93, 94, 95, 96, 97, 98, 99, 100, 101, 102, 103, 104, 105, 106, 107, 108, 109, 110, 111, 112, 113, 114, 115, 116, 117, 118, 119, 120, 121, 122, 123, 124, 125, 126, 127, 128, 129, 130, 131, 132, 133, 134, 135, 136, 137, 138, 139, 140, 141, 142, 143, 144, 145, 146, 147, 148, 149, 150, 151, 152, 153, 154, 155, 156, 157, 158, 159, 160, 161, 162, 163, 164, 165, 166, 167, 168, 169, 170, 171, 172, 173, 174, 175, 176, 177, 178, 179, 180, 181, 182, 183, 184, 185, 186, 187, 188, 189, 190, 191, 192, 193, 194, 195, 196, 197, 198, 199, 200, 201, 202, 203, 204, 205, 206, 207, 208, 209, 210, 211, 212, 213, 214, 215, 216, 217, 218, 219, 220, 221, 222, 223, 224, 225, 226, 227, 228, 229, 230, 231, 232, 233, 234, 235, 236, 237, 238, 239, 240, 241, 242, 243, 244, 245, 246, 247, 248, 249, 250, 251, 252, 253, 254, 255, 256, 257, 258, 259, 260, 261, 262, 263, 264, 265, 266, 267, 268, 269, 270, 271, 272, 273, 274, 275, 276, 277, 278, 279, 280, 281, 282, 283, 284, 285, 286, 287, 288, 289, 290, 291, 292, 293, 294, 295, 296, 297, 298, 299, 300, 301, 302, 303, 304, 305, 306, 307, 308, 309, 310, 311, 312, 313, 314, 315, 316, 317, 318, 319, 320, 321, 322, 323, 324, 325, 326, 327, 328, 329, 330, 331, 332, 333, 334, 335, 336, 337, 338, 339, 340, 341, 342, 343, 344, 345, 346, 347, 348, 349, 350, 351, 352, 353, 354, 355, 356, 357, 358, 359, 360, 361, 362, 363, 364, 365, 366, 367, 368, 369, 370, 371, 372, 373, 374, 375, 376, 377, 378, 379, 380, 381, 382, 383, 384, 385, 386, 387, 388, 389, 390, 391, 392, 393, 394, 395, 396, 397, 398, 399, 400, 401, 402, 403, 404, 405, 406, 407, 408, 409, 410, 411, 412, 413, 414, 415, 416, 417, 418, 419, 420, 421, 422, 423, 424, 425, 426, 427, 428, 429, 430, 431, 432, 433, 434, 435, 436, 437, 438, 439, 440, 441, 442, 443, 444, 445, 446, 447, 448, 449, 450, 451, 452, 453, 454, 455, 456, 457, 458, 459, 460, 461, 462, 463, 464, 465, 466, 467, 468, 469, 470, 471, 472, 473, 474, 475, 476, 477, 478, 479, 480, 481, 482, 483, 484, 485, 486, 487, 488, 489, 490, 491, 492, 493, 494, 495, 496, 497, 498, 499, 500, 501, 502, 503, 504, 505, 506, 507, 508, 509, 510, 511, 512, 513, 514, 515, 516, 517, 518], "AcquisitionTime": ["073634.237500", "073703.237500", "073704.397500", "073705.557500", "073706.717500", "073707.877500", "073709.037500", "073710.197500", "073711.357500", "073712.517500", "073713.677500", "073714.837500", "073715.997500", "073717.157500", "073718.317500", "073719.477500", "073720.637500", "073721.797500", "073722.957500", "073724.117500", "073725.277500", "073726.437500", "073727.597500", "073728.757500", "073729.917500", "073731.077500", "073732.237500", "073733.397500", "073734.557500", "073735.717500", "073736.877500", "073738.037500", "073739.197500", "073740.357500", "073741.517500", "073742.677500", "073743.837500", "073744.997500", "073746.157500", "073747.317500", "073748.477500", "073749.637500", "073750.797500", "073751.957500", "073753.117500", "073754.277500", "073755.437500", "073756.597500", "073757.757500", "073758.917500", "073800.077500", "073801.237500", "073802.397500", "073803.557500", "073804.717500", "073805.877500", "073807.037500", "073808.197500", "073809.357500", "073810.517500", "073811.677500", "073812.837500", "073813.997500", "073815.157500", "073816.317500", "073817.477500", "073818.637500", "073819.797500", "073820.957500", "073822.117500", "073823.277500", "073824.437500", "073825.597500", "073826.757500", "073827.917500", "073829.077500", "073830.237500", "073831.397500", "073832.557500", "073833.717500", "073834.877500", "073836.037500", "073837.197500", "073838.357500", "073839.517500", "073840.677500", "073841.837500", "073842.997500", "073844.157500", "073845.317500", "073846.477500", "073847.637500", "073848.797500", "073849.957500", "073851.117500", "073852.277500", "073853.437500", "073854.597500", "073855.757500", "073856.917500", "073858.077500", "073859.237500", "073900.397500", "073901.557500", "073902.717500", "073903.877500", "073905.037500", "073906.197500", "073907.357500", "073908.517500", "073909.677500", "073910.837500", "073911.997500", "073913.157500", "073914.317500", "073915.477500", "073916.637500", "073917.797500", "073918.957500", "073920.117500", "073921.277500", "073922.437500", "073923.597500", "073924.757500", "073925.917500", "073927.077500", "073928.237500", "073929.397500", "073930.557500", "073931.717500", "073932.877500", "073934.037500", "073935.197500", "073936.357500", "073937.517500", "073938.677500", "073939.837500", "073940.997500", "073942.157500", "073943.317500", "073944.477500", "073945.637500", "073946.797500", "073947.957500", "073949.117500", "073950.277500", "073951.437500", "073952.597500", "073953.757500", "073954.917500", "073956.077500", "073957.237500", "073958.397500", "073959.557500", "074000.717500", "074001.877500", "074003.037500", "074004.197500", "074005.357500", "074006.517500", "074007.677500", "074008.837500", "074009.997500", "074011.157500", "074012.317500", "074013.477500", "074014.637500", "074015.797500", "074016.957500", "074018.117500", "074019.277500", "074020.437500", "074021.597500", "074022.757500", "074023.917500", "074025.077500", "074026.237500", "074027.397500", "074028.557500", "074029.717500", "074030.877500", "074032.037500", "074033.197500", "074034.357500", "074035.517500", "074036.677500", "074037.837500", "074038.997500", "074040.157500", "074041.317500", "074042.477500", "074043.637500", "074044.797500", "074045.957500", "074047.117500", "074048.277500", "074049.437500", "074050.597500", "074051.757500", "074052.917500", "074054.077500", "074055.237500", "074056.397500", "074057.557500", "074058.717500", "074059.877500", "074101.037500", "074102.197500", "074103.357500", "074104.517500", "074105.677500", "074106.837500", "074107.997500", "074109.157500", "074110.317500", "074111.477500", "074112.637500", "074113.797500", "074114.957500", "074116.117500", "074117.277500", "074118.437500", "074119.597500", "074120.757500", "074121.917500", "074123.077500", "074124.237500", "074125.397500", "074126.557500", "074127.717500", "074128.877500", "074130.037500", "074131.197500", "074132.357500", "074133.517500", "074134.677500", "074135.837500", "074136.997500", "074138.157500", "074139.317500", "074140.477500", "074141.637500", "074142.797500", "074143.957500", "074145.117500", "074146.277500", "074147.437500", "074148.597500", "074149.757500", "074150.917500", "074152.077500", "074153.237500", "074154.397500", "074155.557500", "074156.717500", "074157.877500", "074159.037500", "074200.197500", "074201.357500", "074202.517500", "074203.677500", "074204.837500", "074205.997500", "074207.157500", "074208.317500", "074209.477500", "074210.637500", "074211.797500", "074212.957500", "074214.117500", "074215.277500", "074216.437500", "074217.597500", "074218.757500", "074219.917500", "074221.077500", "074222.237500", "074223.397500", "074224.557500", "074225.717500", "074226.877500", "074228.037500", "074229.197500", "074230.357500", "074231.517500", "074232.677500", "074233.837500", "074234.997500", "074236.157500", "074237.317500", "074238.477500", "074239.637500", "074240.797500", "074241.957500", "074243.117500", "074244.277500", "074245.437500", "074246.597500", "074247.757500", "074248.917500", "074250.077500", "074251.237500", "074252.397500", "074253.557500", "074254.717500", "074255.877500", "074257.037500", "074258.197500", "074259.357500", "074300.517500", "074301.677500", "074302.837500", "074303.997500", "074305.157500", "074306.317500", "074307.477500", "074308.637500", "074309.797500", "074310.957500", "074312.117500", "074313.277500", "074314.437500", "074315.597500", "074316.757500", "074317.917500", "074319.077500", "074320.237500", "074321.397500", "074322.557500", "074323.717500", "074324.877500", "074326.037500", "074327.197500", "074328.357500", "074329.517500", "074330.677500", "074331.837500", "074332.997500", "074334.157500", "074335.317500", "074336.477500", "074337.637500", "074338.797500", "074339.957500", "074341.117500", "074342.277500", "074343.437500", "074344.597500", "074345.757500", "074346.917500", "074348.077500", "074349.237500", "074350.397500", "074351.557500", "074352.717500", "074353.877500", "074355.037500", "074356.197500", "074357.357500", "074358.517500", "074359.677500", "074400.837500", "074401.997500", "074403.157500", "074404.317500", "074405.477500", "074406.637500", "074407.797500", "074408.957500", "074410.117500", "074411.277500", "074412.437500", "074413.597500", "074414.757500", "074415.917500", "074417.077500", "074418.237500", "074419.397500", "074420.557500", "074421.717500", "074422.877500", "074424.037500", "074425.197500", "074426.357500", "074427.517500", "074428.677500", "074429.837500", "074430.997500", "074432.157500", "074433.317500", "074434.477500", "074435.637500", "074436.797500", "074437.957500", "074439.117500", "074440.277500", "074441.437500", "074442.597500", "074443.757500", "074444.917500", "074446.077500", "074447.237500", "074448.397500", "074449.557500", "074450.717500", "074451.877500", "074453.037500", "074454.197500", "074455.357500", "074456.517500", "074457.677500", "074458.837500", "074459.997500", "074501.157500", "074502.317500", "074503.477500", "074504.637500", "074505.797500", "074506.957500", "074508.117500", "074509.277500", "074510.437500", "074511.597500", "074512.757500", "074513.917500", "074515.077500", "074516.237500", "074517.397500", "074518.557500", "074519.717500", "074520.877500", "074522.037500", "074523.197500", "074524.357500", "074525.517500", "074526.677500", "074527.837500", "074528.997500", "074530.157500", "074531.317500", "074532.477500", "074533.637500", "074534.797500", "074535.957500", "074537.117500", "074538.277500", "074539.437500", "074540.597500", "074541.757500", "074542.917500", "074544.077500", "074545.237500", "074546.397500", "074547.557500", "074548.717500", "074549.877500", "074551.037500", "074552.197500", "074553.357500", "074554.517500", "074555.677500", "074556.837500", "074557.997500", "074559.157500", "074600.317500", "074601.477500", "074602.637500", "074603.797500", "074604.957500", "074606.117500", "074607.277500", "074608.437500", "074609.597500", "074610.757500", "074611.917500", "074613.077500", "074614.237500", "074615.397500", "074616.557500", "074617.717500", "074618.877500", "074620.037500", "074621.197500", "074622.357500", "074623.517500", "074624.677500", "074625.837500", "074626.997500", "074628.157500", "074629.317500", "074630.477500", "074631.637500", "074632.797500", "074633.957500", "074635.117500", "074636.277500", "074637.437500", "074638.597500", "074639.757500", "074640.917500", "074642.077500", "074643.237500", "074644.397500", "074645.557500", "074646.717500", "074647.877500", "074649.037500", "074650.197500", "074651.357500", "074652.517500", "074653.677500", "074654.837500", "074655.997500", "074657.157500", "074658.317500", "074659.477500", "074700.637500", "074701.797500"], "ContentTime": ["073720.796000", "073726.265000", "073726.265000", "073726.265000", "073726.265000", "073731.265000", "073731.265000", "073731.265000", "073736.265000", "073736.265000", "073741.265000", "073741.265000", "073741.265000", "073746.265000", "073746.265000", "073751.265000", "073751.265000", "073751.265000", "073756.265000", "073756.265000", "073801.265000", "073801.265000", "073801.265000", "073806.265000", "073806.265000", "073806.265000", "073811.265000", "073811.265000", "073816.265000", "073816.265000", "073816.281000", "073821.265000", "073821.265000", "073826.265000", "073826.265000", "073826.265000", "073831.265000", "073831.265000", "073836.265000", "073836.265000", "073841.265000", "073841.265000", "073841.265000", "073846.265000", "073846.265000", "073846.265000", "073851.265000", "073851.265000", "073856.265000", "073856.265000", "073856.265000", "073901.265000", "073901.265000", "073901.265000", "073906.265000", "073906.265000", "073911.265000", "073911.265000", "073911.265000", "073916.265000", "073916.265000", "073921.265000", "073921.265000", "073921.281000", "073926.265000", "073926.265000", "073931.265000", "073931.265000", "073931.265000", "073936.265000", "073936.265000", "073941.265000", "073941.265000", "073941.265000", "073946.265000", "073946.265000", "073946.265000", "073951.265000", "073951.265000", "073956.265000", "073956.265000", "073956.281000", "074001.265000", "074001.281000", "074006.265000", "074006.265000", "074006.265000", "074011.265000", "074011.265000", "074016.265000", "074016.265000", "074016.265000", "074021.265000", "074021.265000", "074021.265000", "074026.265000", "074026.265000", "074031.265000", "074031.265000", "074036.265000", "074036.265000", "074036.265000", "074041.265000", "074041.265000", "074041.265000", "074046.265000", "074046.265000", "074051.265000", "074051.265000", "074051.265000", "074056.265000", "074056.265000", "074056.265000", "074101.265000", "074101.265000", "074106.265000", "074106.265000", "074106.265000", "074111.265000", "074111.265000", "074116.265000", "074116.265000", "074116.265000", "074121.265000", "074121.265000", "074121.265000", "074126.265000", "074126.265000", "074131.265000", "074131.265000", "074131.265000", "074136.265000", "074136.265000", "074141.265000", "074141.265000", "074141.281000", "074146.265000", "074146.265000", "074151.265000", "074151.265000", "074151.265000", "074156.265000", "074156.265000", "074201.265000", "074201.265000", "074201.265000", "074206.265000", "074206.265000", "074211.265000", "074211.265000", "074211.265000", "074216.265000", "074216.265000", "074221.265000", "074221.265000", "074221.265000", "074226.265000", "074226.265000", "074231.265000", "074231.265000", "074231.265000", "074236.265000", "074236.265000", "074236.265000", "074241.265000", "074241.265000", "074246.265000", "074246.265000", "074246.265000", "074251.265000", "074251.265000", "074256.265000", "074256.265000", "074256.265000", "074301.265000", "074301.265000", "074306.265000", "074306.265000", "074306.265000", "074311.265000", "074311.265000", "074316.265000", "074316.265000", "074316.265000", "074321.265000", "074321.265000", "074326.265000", "074326.265000", "074326.265000", "074331.265000", "074331.265000", "074336.265000", "074336.265000", "074336.265000", "074341.265000", "074341.265000", "074341.265000", "074346.265000", "074346.265000", "074351.265000", "074351.265000", "074351.265000", "074356.265000", "074356.265000", "074401.265000", "074401.265000", "074401.265000", "074406.265000", "074406.265000", "074406.265000", "074411.265000", "074411.265000", "074416.265000", "074416.265000", "074416.281000", "074421.265000", "074421.265000", "074421.265000", "074426.265000", "074426.265000", "074431.265000", "074431.265000", "074431.265000", "074436.265000", "074436.265000", "074441.265000", "074441.265000", "074441.265000", "074446.265000", "074446.265000", "074451.265000", "074451.265000", "074451.265000", "074456.265000", "074456.265000", "074456.265000", "074501.265000", "074501.265000", "074506.265000", "074506.265000", "074506.265000", "074511.265000", "074511.265000", "074516.265000", "074516.265000", "074516.265000", "074521.265000", "074521.265000", "074526.265000", "074526.265000", "074526.265000", "074531.265000", "074531.265000", "074536.265000", "074536.265000", "074536.265000", "074541.265000", "074541.265000", "074546.265000", "074546.265000", "074546.281000", "074551.265000", "074551.265000", "074551.265000", "074556.265000", "074556.265000", "074601.265000", "074601.265000", "074601.265000", "074606.265000", "074606.265000", "074611.265000", "074611.265000", "074611.265000", "074616.265000", "074616.265000", "074621.265000", "074621.265000", "074621.265000", "074626.265000", "074626.265000", "074626.265000", "074631.265000", "074631.265000", "074636.265000", "074636.265000", "074636.265000", "074641.265000", "074641.265000", "074646.265000", "074646.265000", "074646.265000", "074651.265000", "074651.265000", "074656.265000", "074656.265000", "074656.281000", "074701.265000", "074701.265000", "074701.265000", "074706.265000", "074706.265000", "074711.265000", "074711.265000", "074711.265000", "074716.265000", "074716.265000", "074716.265000", "074721.265000", "074721.265000", "074726.265000", "074726.296000", "074726.296000", "074731.265000", "074731.265000", "074736.265000", "074736.265000", "074736.265000", "074741.265000", "074741.265000", "074746.265000", "074746.281000", "074746.281000", "074751.265000", "074751.265000", "074751.265000", "074756.265000", "074756.265000", "074801.265000", "074801.265000", "074801.265000", "074806.265000", "074806.265000", "074806.281000", "074811.265000", "074811.265000", "074816.265000", "074816.265000", "074816.265000", "074821.265000", "074821.265000", "074821.265000", "074826.265000", "074826.265000", "074831.265000", "074831.265000", "074831.265000", "074836.265000", "074836.265000", "074836.265000", "074841.265000", "074841.265000", "074841.265000", "074846.265000", "074846.265000", "074851.265000", "074851.265000", "074851.265000", "074856.265000", "074856.265000", "074901.265000", "074901.265000", "074901.265000", "074906.265000", "074906.265000", "074906.265000", "074911.265000", "074911.265000", "074916.265000", "074916.265000", "074916.265000", "074921.265000", "074921.265000", "074921.265000", "074926.265000", "074926.265000", "074926.265000", "074931.265000", "074931.265000", "074936.265000", "074936.265000", "074936.265000", "074941.265000", "074941.265000", "074941.265000", "074946.265000", "074946.265000", "074951.265000", "074951.265000", "074951.265000", "074956.265000", "074956.265000", "074956.265000", "075001.265000", "075001.265000", "075006.265000", "075006.265000", "075006.265000", "075011.265000", "075011.265000", "075011.265000", "075016.265000", "075016.265000", "075016.265000", "075021.265000", "075021.265000", "075021.265000", "075026.265000", "075026.265000", "075031.265000", "075031.265000", "075031.265000", "075036.265000", "075036.265000", "075036.265000", "075041.265000", "075041.265000", "075041.265000", "075046.265000", "075046.265000", "075051.265000", "075051.265000", "075051.265000", "075056.265000", "075056.265000", "075056.265000", "075101.265000", "075101.265000", "075101.265000", "075106.265000", "075106.265000", "075106.265000", "075111.265000", "075111.265000", "075111.265000", "075116.265000", "075116.265000", "075121.265000", "075121.265000", "075121.265000", "075126.265000", "075126.265000", "075126.265000", "075131.265000", "075131.281000", "075141.265000", "075141.281000", "075141.281000", "075141.281000", "075141.281000", "075141.281000", "075146.265000", "075146.281000", "075146.281000", "075151.265000", "075151.281000", "075156.265000", "075156.281000", "075156.281000", "075201.265000", "075201.281000", "075201.281000", "075206.265000", "075206.281000", "075211.265000", "075211.281000", "075211.281000", "075216.265000", "075216.281000", "075216.281000", "075221.265000", "075221.281000", "075226.265000", "075226.281000", "075226.281000", "075231.281000", "075231.281000", "075236.265000", "075236.281000", "075236.281000", "075241.265000", "075241.281000", "075241.281000", "075246.265000", "075246.281000", "075251.281000", "075251.281000", "075256.265000", "075256.281000", "075256.281000", "075301.265000", "075301.281000", "075301.281000", "075306.265000", "075306.281000", "075306.281000", "075311.265000", "075311.281000", "075316.265000", "075316.281000", "075316.281000", "075321.265000", "075321.281000", "075326.265000", "075326.281000", "075326.281000", "075331.265000", "075331.281000", "075336.265000", "075336.281000", "075336.281000", "075341.265000", "075341.281000", "075346.265000", "075346.281000", "075346.281000", "075349.828000", "075349.843000"], "InstanceCreationTime": ["073720.796000", "073726.265000", "073726.265000", "073726.265000", "073726.265000", "073731.265000", "073731.265000", "073731.265000", "073736.265000", "073736.265000", "073741.265000", "073741.265000", "073741.265000", "073746.265000", "073746.265000", "073751.265000", "073751.265000", "073751.265000", "073756.265000", "073756.265000", "073801.265000", "073801.265000", "073801.265000", "073806.265000", "073806.265000", "073806.265000", "073811.265000", "073811.265000", "073816.265000", "073816.265000", "073816.281000", "073821.265000", "073821.265000", "073826.265000", "073826.265000", "073826.265000", "073831.265000", "073831.265000", "073836.265000", "073836.265000", "073841.265000", "073841.265000", "073841.265000", "073846.265000", "073846.265000", "073846.265000", "073851.265000", "073851.265000", "073856.265000", "073856.265000", "073856.265000", "073901.265000", "073901.265000", "073901.265000", "073906.265000", "073906.265000", "073911.265000", "073911.265000", "073911.265000", "073916.265000", "073916.265000", "073921.265000", "073921.265000", "073921.281000", "073926.265000", "073926.265000", "073931.265000", "073931.265000", "073931.265000", "073936.265000", "073936.265000", "073941.265000", "073941.265000", "073941.265000", "073946.265000", "073946.265000", "073946.265000", "073951.265000", "073951.265000", "073956.265000", "073956.265000", "073956.281000", "074001.265000", "074001.281000", "074006.265000", "074006.265000", "074006.265000", "074011.265000", "074011.265000", "074016.265000", "074016.265000", "074016.265000", "074021.265000", "074021.265000", "074021.265000", "074026.265000", "074026.265000", "074031.265000", "074031.265000", "074036.265000", "074036.265000", "074036.265000", "074041.265000", "074041.265000", "074041.265000", "074046.265000", "074046.265000", "074051.265000", "074051.265000", "074051.265000", "074056.265000", "074056.265000", "074056.265000", "074101.265000", "074101.265000", "074106.265000", "074106.265000", "074106.265000", "074111.265000", "074111.265000", "074116.265000", "074116.265000", "074116.265000", "074121.265000", "074121.265000", "074121.265000", "074126.265000", "074126.265000", "074131.265000", "074131.265000", "074131.265000", "074136.265000", "074136.265000", "074141.265000", "074141.265000", "074141.281000", "074146.265000", "074146.265000", "074151.265000", "074151.265000", "074151.265000", "074156.265000", "074156.265000", "074201.265000", "074201.265000", "074201.265000", "074206.265000", "074206.265000", "074211.265000", "074211.265000", "074211.265000", "074216.265000", "074216.265000", "074221.265000", "074221.265000", "074221.265000", "074226.265000", "074226.265000", "074231.265000", "074231.265000", "074231.265000", "074236.265000", "074236.265000", "074236.265000", "074241.265000", "074241.265000", "074246.265000", "074246.265000", "074246.265000", "074251.265000", "074251.265000", "074256.265000", "074256.265000", "074256.265000", "074301.265000", "074301.265000", "074306.265000", "074306.265000", "074306.265000", "074311.265000", "074311.265000", "074316.265000", "074316.265000", "074316.265000", "074321.265000", "074321.265000", "074326.265000", "074326.265000", "074326.265000", "074331.265000", "074331.265000", "074336.265000", "074336.265000", "074336.265000", "074341.265000", "074341.265000", "074341.265000", "074346.265000", "074346.265000", "074351.265000", "074351.265000", "074351.265000", "074356.265000", "074356.265000", "074401.265000", "074401.265000", "074401.265000", "074406.265000", "074406.265000", "074406.265000", "074411.265000", "074411.265000", "074416.265000", "074416.265000", "074416.281000", "074421.265000", "074421.265000", "074421.265000", "074426.265000", "074426.265000", "074431.265000", "074431.265000", "074431.265000", "074436.265000", "074436.265000", "074441.265000", "074441.265000", "074441.265000", "074446.265000", "074446.265000", "074451.265000", "074451.265000", "074451.265000", "074456.265000", "074456.265000", "074456.265000", "074501.265000", "074501.265000", "074506.265000", "074506.265000", "074506.265000", "074511.265000", "074511.265000", "074516.265000", "074516.265000", "074516.265000", "074521.265000", "074521.265000", "074526.265000", "074526.265000", "074526.265000", "074531.265000", "074531.265000", "074536.265000", "074536.265000", "074536.265000", "074541.265000", "074541.265000", "074546.265000", "074546.265000", "074546.281000", "074551.265000", "074551.265000", "074551.265000", "074556.265000", "074556.265000", "074601.265000", "074601.265000", "074601.265000", "074606.265000", "074606.265000", "074611.265000", "074611.265000", "074611.265000", "074616.265000", "074616.265000", "074621.265000", "074621.265000", "074621.265000", "074626.265000", "074626.265000", "074626.265000", "074631.265000", "074631.265000", "074636.265000", "074636.265000", "074636.265000", "074641.265000", "074641.265000", "074646.265000", "074646.265000", "074646.265000", "074651.265000", "074651.265000", "074656.265000", "074656.265000", "074656.281000", "074701.265000", "074701.265000", "074701.265000", "074706.265000", "074706.265000", "074711.265000", "074711.265000", "074711.265000", "074716.265000", "074716.265000", "074716.265000", "074721.265000", "074721.265000", "074726.265000", "074726.296000", "074726.296000", "074731.265000", "074731.265000", "074736.265000", "074736.265000", "074736.265000", "074741.265000", "074741.265000", "074746.265000", "074746.281000", "074746.281000", "074751.265000", "074751.265000", "074751.265000", "074756.265000", "074756.265000", "074801.265000", "074801.265000", "074801.265000", "074806.265000", "074806.265000", "074806.281000", "074811.265000", "074811.265000", "074816.265000", "074816.265000", "074816.265000", "074821.265000", "074821.265000", "074821.265000", "074826.265000", "074826.265000", "074831.265000", "074831.265000", "074831.265000", "074836.265000", "074836.265000", "074836.265000", "074841.265000", "074841.265000", "074841.265000", "074846.265000", "074846.265000", "074851.265000", "074851.265000", "074851.265000", "074856.265000", "074856.265000", "074901.265000", "074901.265000", "074901.265000", "074906.265000", "074906.265000", "074906.265000", "074911.265000", "074911.265000", "074916.265000", "074916.265000", "074916.265000", "074921.265000", "074921.265000", "074921.265000", "074926.265000", "074926.265000", "074926.265000", "074931.265000", "074931.265000", "074936.265000", "074936.265000", "074936.265000", "074941.265000", "074941.265000", "074941.265000", "074946.265000", "074946.265000", "074951.265000", "074951.265000", "074951.265000", "074956.265000", "074956.265000", "074956.265000", "075001.265000", "075001.265000", "075006.265000", "075006.265000", "075006.265000", "075011.265000", "075011.265000", "075011.265000", "075016.265000", "075016.265000", "075016.265000", "075021.265000", "075021.265000", "075021.265000", "075026.265000", "075026.265000", "075031.265000", "075031.265000", "075031.265000", "075036.265000", "075036.265000", "075036.265000", "075041.265000", "075041.265000", "075041.265000", "075046.265000", "075046.265000", "075051.265000", "075051.265000", "075051.265000", "075056.265000", "075056.265000", "075056.265000", "075101.265000", "075101.265000", "075101.265000", "075106.265000", "075106.265000", "075106.265000", "075111.265000", "075111.265000", "075111.265000", "075116.265000", "075116.265000", "075121.265000", "075121.265000", "075121.265000", "075126.265000", "075126.265000", "075126.265000", "075131.265000", "075131.281000", "075141.265000", "075141.281000", "075141.281000", "075141.281000", "075141.281000", "075141.281000", "075146.265000", "075146.281000", "075146.281000", "075151.265000", "075151.281000", "075156.265000", "075156.281000", "075156.281000", "075201.265000", "075201.281000", "075201.281000", "075206.265000", "075206.281000", "075211.265000", "075211.281000", "075211.281000", "075216.265000", "075216.281000", "075216.281000", "075221.265000", "075221.281000", "075226.265000", "075226.281000", "075226.281000", "075231.281000", "075231.281000", "075236.265000", "075236.281000", "075236.281000", "075241.265000", "075241.281000", "075241.281000", "075246.265000", "075246.281000", "075251.281000", "075251.281000", "075256.265000", "075256.281000", "075256.281000", "075301.265000", "075301.281000", "075301.281000", "075306.265000", "075306.281000", "075306.281000", "075311.265000", "075311.281000", "075316.265000", "075316.281000", "075316.281000", "075321.265000", "075321.281000", "075326.265000", "075326.281000", "075326.281000", "075331.265000", "075331.281000", "075336.265000", "075336.281000", "075336.281000", "075341.265000", "075341.281000", "075346.265000", "075346.281000", "075346.281000", "075349.828000", "075349.843000"], "InstanceNumber": [1, 2, 3, 4, 5, 6, 7, 8, 9, 10, 11, 12, 13, 14, 15, 16, 17, 18, 19, 20, 21, 22, 23, 24, 25, 26, 27, 28, 29, 30, 31, 32, 33, 34, 35, 36, 37, 38, 39, 40, 41, 42, 43, 44, 45, 46, 47, 48, 49, 50, 51, 52, 53, 54, 55, 56, 57, 58, 59, 60, 61, 62, 63, 64, 65, 66, 67, 68, 69, 70, 71, 72, 73, 74, 75, 76, 77, 78, 79, 80, 81, 82, 83, 84, 85, 86, 87, 88, 89, 90, 91, 92, 93, 94, 95, 96, 97, 98, 99, 100, 101, 102, 103, 104, 105, 106, 107, 108, 109, 110, 111, 112, 113, 114, 115, 116, 117, 118, 119, 120, 121, 122, 123, 124, 125, 126, 127, 128, 129, 130, 131, 132, 133, 134, 135, 136, 137, 138, 139, 140, 141, 142, 143, 144, 145, 146, 147, 148, 149, 150, 151, 152, 153, 154, 155, 156, 157, 158, 159, 160, 161, 162, 163, 164, 165, 166, 167, 168, 169, 170, 171, 172, 173, 174, 175, 176, 177, 178, 179, 180, 181, 182, 183, 184, 185, 186, 187, 188, 189, 190, 191, 192, 193, 194, 195, 196, 197, 198, 199, 200, 201, 202, 203, 204, 205, 206, 207, 208, 209, 210, 211, 212, 213, 214, 215, 216, 217, 218, 219, 220, 221, 222, 223, 224, 225, 226, 227, 228, 229, 230, 231, 232, 233, 234, 235, 236, 237, 238, 239, 240, 241, 242, 243, 244, 245, 246, 247, 248, 249, 250, 251, 252, 253, 254, 255, 256, 257, 258, 259, 260, 261, 262, 263, 264, 265, 266, 267, 268, 269, 270, 271, 272, 273, 274, 275, 276, 277, 278, 279, 280, 281, 282, 283, 284, 285, 286, 287, 288, 289, 290, 291, 292, 293, 294, 295, 296, 297, 298, 299, 300, 301, 302, 303, 304, 305, 306, 307, 308, 309, 310, 311, 312, 313, 314, 315, 316, 317, 318, 319, 320, 321, 322, 323, 324, 325, 326, 327, 328, 329, 330, 331, 332, 333, 334, 335, 336, 337, 338, 339, 340, 341, 342, 343, 344, 345, 346, 347, 348, 349, 350, 351, 352, 353, 354, 355, 356, 357, 358, 359, 360, 361, 362, 363, 364, 365, 366, 367, 368, 369, 370, 371, 372, 373, 374, 375, 376, 377, 378, 379, 380, 381, 382, 383, 384, 385, 386, 387, 388, 389, 390, 391, 392, 393, 394, 395, 396, 397, 398, 399, 400, 401, 402, 403, 404, 405, 406, 407, 408, 409, 410, 411, 412, 413, 414, 415, 416, 417, 418, 419, 420, 421, 422, 423, 424, 425, 426, 427, 428, 429, 430, 431, 432, 433, 434, 435, 436, 437, 438, 439, 440, 441, 442, 443, 444, 445, 446, 447, 448, 449, 450, 451, 452, 453, 454, 455, 456, 457, 458, 459, 460, 461, 462, 463, 464, 465, 466, 467, 468, 469, 470, 471, 472, 473, 474, 475, 476, 477, 478, 479, 480, 481, 482, 483, 484, 485, 486, 487, 488, 489, 490, 491, 492, 493, 494, 495, 496, 497, 498, 499, 500, 501, 502, 503, 504, 505, 506, 507, 508, 509, 510, 511, 512, 513, 514, 515, 516, 517, 518], "LargestImagePixelValue": [22186, 22035, 21692, 21772, 21664, 21727, 21778, 21690, 23460, 21707, 22402, 21827, 21934, 21715, 21583, 21768, 23457, 21598, 21606, 21666, 21562, 21463, 21503, 22076, 21765, 21695, 21438, 21766, 21761, 21826, 21771, 22162, 22284, 21521, 24045, 21656, 22072, 21763, 21895, 21507, 21548, 22766, 21568, 21527, 23518, 21867, 21531, 21709, 22098, 23479, 22041, 21997, 22674, 21997, 22341, 21874, 21913, 23229, 22096, 22119, 22504, 21766, 22096, 22036, 22152, 22309, 22262, 22141, 22085, 22183, 23788, 22145, 21902, 24881, 21696, 21695, 22004, 21941, 21924, 22147, 21916, 23931, 21510, 24094, 21728, 21838, 21706, 21721, 21921, 21425, 21629, 21727, 21988, 21984, 21850, 23357, 21719, 23955, 22003, 21731, 22092, 21910, 21948, 22012, 21951, 22136, 21716, 22018, 21968, 22047, 22079, 22152, 22512, 22435, 22347, 25812, 22168, 23472, 22128, 21962, 21979, 24979, 22081, 22101, 21973, 21712, 21842, 21931, 21987, 21963, 22382, 21821, 22094, 22219, 22172, 22170, 22203, 21979, 22117, 22287, 22151, 23639, 22215, 22074, 22301, 22113, 22290, 21913, 22037, 22165, 22241, 22325, 22095, 22453, 22417, 22385, 22791, 22563, 24097, 22650, 25240, 22343, 22085, 23385, 22395, 22376, 22622, 23425, 26386, 23589, 25082, 23019, 26575, 22051, 25706, 21779, 23857, 21877, 22268, 21913, 26067, 22079, 22055, 21954, 23502, 22909, 24758, 23207, 22673, 22666, 22389, 23313, 22129, 22254, 22084, 22224, 22140, 22154, 22025, 22824, 25026, 22043, 23116, 22445, 22171, 22271, 22511, 22245, 22182, 22471, 24419, 22638, 21960, 24684, 22671, 22502, 22898, 25988, 22486, 21708, 21840, 22379, 28523, 22185, 22078, 22347, 22459, 23548, 22413, 22568, 22343, 23365, 22764, 24995, 21846, 24067, 22309, 21903, 26736, 22280, 27801, 21783, 22510, 22039, 22103, 21957, 22279, 28153, 21916, 26468, 22754, 21881, 22387, 24398, 22199, 25532, 22457, 23872, 21731, 22167, 22190, 21757, 22603, 22076, 22095, 26558, 21990, 22219, 21883, 22118, 21741, 22041, 22264, 24406, 22660, 21904, 22280, 22221, 26177, 22244, 22354, 28202, 22205, 23115, 22528, 21816, 22237, 25205, 22787, 22774, 21982, 26629, 22225, 21981, 26126, 27085, 22680, 23035, 22009, 22212, 25837, 21990, 22220, 23828, 22145, 22716, 22170, 22201, 26778, 22238, 22049, 22420, 27632, 27334, 25219, 22192, 22206, 27422, 22287, 22059, 22686, 22474, 22014, 22139, 24917, 22095, 22050, 22691, 22636, 22193, 28407, 21806, 21999, 22205, 26400, 22116, 22140, 22384, 22783, 26238, 22044, 22105, 27224, 21872, 22037, 22060, 24377, 22558, 21971, 23674, 22006, 21901, 26232, 21994, 22233, 22829, 24410, 24813, 21998, 29310, 22209, 22504, 22426, 25357, 21845, 21995, 27781, 22000, 22097, 27005, 22693, 21998, 21928, 25656, 21902, 22198, 28054, 22478, 22716, 22087, 27011, 22007, 26060, 22324, 22725, 22803, 27693, 22282, 26425, 22183, 22066, 26642, 22531, 21835, 27840, 22104, 27957, 22502, 22727, 22690, 27569, 22355, 27326, 22132, 27338, 22821, 22691, 28447, 22547, 22466, 22508, 22169, 22449, 22925, 23025, 22302, 26701, 22689, 27777, 22601, 22472, 22704, 27936, 22833, 22580, 26696, 22658, 24296, 22884, 22679, 22699, 28063, 22893, 27346, 22783, 22723, 22799, 27874, 22751, 22537, 22990, 26714, 23971, 22606, 22899, 23895, 22789, 22635, 24672, 23227, 22756, 22938, 22727, 24289, 22776, 22854, 22547, 27017, 22794, 22768, 22720, 22676, 23002, 22668, 24074, 22755, 22829, 22997, 22955, 25237, 22973, 22779, 22726, 27009, 22799, 22715, 22802, 28201, 22676, 22796, 24180, 23020, 22925, 28424, 22649, 22998, 25844, 22945, 23388, 22806, 22636, 22608, 26374, 22972, 22727, 22789, 25096, 22787, 22561, 28115, 22858, 22873, 22746, 22669, 22630, 27027, 22751, 22598, 29317, 22724, 22824, 22689, 28206, 22960, 22968, 23047, 24847, 22906], "WindowCenter": [9353.0, 9332.0, 9337.0, 9335.0, 9334.0, 9328.0, 9333.0, 9340.0, 9364.0, 9334.0, 9342.0, 9327.0, 9339.0, 9335.0, 9332.0, 9340.0, 9327.0, 9310.0, 9314.0, 9320.0, 9323.0, 9323.0, 9308.0, 9314.0, 9334.0, 9331.0, 9328.0, 9323.0, 9318.0, 9317.0, 9331.0, 9341.0, 9326.0, 9336.0, 9332.0, 9319.0, 9317.0, 9325.0, 9309.0, 9321.0, 9316.0, 9333.0, 9325.0, 9334.0, 9343.0, 9320.0, 9329.0, 9320.0, 9337.0, 9342.0, 9332.0, 9341.0, 9341.0, 9329.0, 9340.0, 9329.0, 9338.0, 9339.0, 9322.0, 9328.0, 9325.0, 9318.0, 9320.0, 9329.0, 9327.0, 9334.0, 9330.0, 9320.0, 9336.0, 9331.0, 9330.0, 9319.0, 9325.0, 9339.0, 9326.0, 9324.0, 9319.0, 9318.0, 9316.0, 9327.0, 9317.0, 9329.0, 9310.0, 9318.0, 9308.0, 9306.0, 9308.0, 9313.0, 9312.0, 9315.0, 9313.0, 9308.0, 9318.0, 9319.0, 9315.0, 9320.0, 9303.0, 9310.0, 9294.0, 9295.0, 9306.0, 9312.0, 9316.0, 9320.0, 9321.0, 9326.0, 9317.0, 9324.0, 9315.0, 9316.0, 9320.0, 9329.0, 9345.0, 9352.0, 9348.0, 9357.0, 9330.0, 9344.0, 9326.0, 9323.0, 9317.0, 9337.0, 9319.0, 9329.0, 9326.0, 9325.0, 9328.0, 9320.0, 9318.0, 9317.0, 9320.0, 9318.0, 9314.0, 9329.0, 9317.0, 9325.0, 9330.0, 9332.0, 9346.0, 9342.0, 9338.0, 9349.0, 9324.0, 9330.0, 9317.0, 9319.0, 9307.0, 9320.0, 9328.0, 9321.0, 9316.0, 9325.0, 9332.0, 9313.0, 9333.0, 9324.0, 9347.0, 9330.0, 9350.0, 9341.0, 9350.0, 9337.0, 9326.0, 9334.0, 9340.0, 9372.0, 9389.0, 9383.0, 9510.0, 9407.0, 9380.0, 9351.0, 9362.0, 9336.0, 9351.0, 9316.0, 9349.0, 9311.0, 9323.0, 9318.0, 9335.0, 9311.0, 9316.0, 9336.0, 9397.0, 9439.0, 9385.0, 9336.0, 9334.0, 9320.0, 9328.0, 9343.0, 9329.0, 9352.0, 9340.0, 9324.0, 9329.0, 9318.0, 9310.0, 9320.0, 9307.0, 9308.0, 9310.0, 9307.0, 9309.0, 9310.0, 9317.0, 9326.0, 9337.0, 9337.0, 9393.0, 9394.0, 9357.0, 9357.0, 9325.0, 9346.0, 9340.0, 9374.0, 9360.0, 9328.0, 9335.0, 9346.0, 9352.0, 9337.0, 9342.0, 9333.0, 9357.0, 9364.0, 9351.0, 9373.0, 9362.0, 9365.0, 9358.0, 9362.0, 9341.0, 9381.0, 9380.0, 9373.0, 9392.0, 9355.0, 9373.0, 9338.0, 9357.0, 9350.0, 9335.0, 9344.0, 9363.0, 9392.0, 9345.0, 9369.0, 9329.0, 9325.0, 9342.0, 9369.0, 9337.0, 9364.0, 9338.0, 9346.0, 9330.0, 9330.0, 9320.0, 9339.0, 9343.0, 9352.0, 9353.0, 9375.0, 9319.0, 9332.0, 9334.0, 9319.0, 9342.0, 9362.0, 9365.0, 9373.0, 9361.0, 9364.0, 9372.0, 9374.0, 9396.0, 9354.0, 9376.0, 9390.0, 9354.0, 9358.0, 9350.0, 9336.0, 9344.0, 9376.0, 9358.0, 9349.0, 9351.0, 9376.0, 9341.0, 9350.0, 9398.0, 9430.0, 9375.0, 9361.0, 9324.0, 9321.0, 9345.0, 9335.0, 9333.0, 9341.0, 9354.0, 9366.0, 9348.0, 9336.0, 9381.0, 9345.0, 9363.0, 9365.0, 9390.0, 9389.0, 9382.0, 9350.0, 9354.0, 9384.0, 9363.0, 9355.0, 9357.0, 9350.0, 9338.0, 9351.0, 9385.0, 9349.0, 9377.0, 9354.0, 9349.0, 9357.0, 9367.0, 9345.0, 9337.0, 9328.0, 9360.0, 9323.0, 9327.0, 9335.0, 9320.0, 9345.0, 9343.0, 9341.0, 9361.0, 9344.0, 9358.0, 9351.0, 9378.0, 9356.0, 9341.0, 9364.0, 9346.0, 9352.0, 9369.0, 9370.0, 9354.0, 9353.0, 9361.0, 9372.0, 9337.0, 9383.0, 9351.0, 9339.0, 9348.0, 9373.0, 9353.0, 9343.0, 9381.0, 9353.0, 9350.0, 9361.0, 9361.0, 9348.0, 9365.0, 9384.0, 9370.0, 9372.0, 9400.0, 9364.0, 9349.0, 9341.0, 9373.0, 9351.0, 9364.0, 9359.0, 9367.0, 9355.0, 9385.0, 9357.0, 9389.0, 9348.0, 9362.0, 9387.0, 9360.0, 9362.0, 9394.0, 9357.0, 9368.0, 9358.0, 9376.0, 9371.0, 9387.0, 9366.0, 9387.0, 9353.0, 9386.0, 9365.0, 9354.0, 9375.0, 9327.0, 9350.0, 9357.0, 9353.0, 9357.0, 9369.0, 9355.0, 9370.0, 9355.0, 9349.0, 9388.0, 9355.0, 9363.0, 9388.0, 9408.0, 9370.0, 9377.0, 9390.0, 9369.0, 9387.0, 9390.0, 9358.0, 9364.0, 9411.0, 9375.0, 9398.0, 9367.0, 9356.0, 9358.0, 9388.0, 9362.0, 9358.0, 9367.0, 9370.0, 9359.0, 9373.0, 9344.0, 9372.0, 9367.0, 9376.0, 9375.0, 9366.0, 9365.0, 9357.0, 9365.0, 9367.0, 9358.0, 9369.0, 9368.0, 9396.0, 9371.0, 9360.0, 9361.0, 9347.0, 9361.0, 9355.0, 9373.0, 9371.0, 9369.0, 9363.0, 9368.0, 9376.0, 9358.0, 9373.0, 9375.0, 9411.0, 9381.0, 9374.0, 9368.0, 9397.0, 9356.0, 9356.0, 9384.0, 9373.0, 9386.0, 9408.0, 9351.0, 9363.0, 9384.0, 9370.0, 9390.0, 9386.0, 9395.0, 9391.0, 9399.0, 9383.0, 9375.0, 9371.0, 9402.0, 9380.0, 9383.0, 9416.0, 9384.0, 9389.0, 9388.0, 9380.0, 9407.0, 9428.0, 9402.0, 9401.0, 9421.0, 9385.0, 9373.0, 9376.0, 9399.0, 9376.0, 9365.0, 9367.0, 9385.0, 9376.0], "WindowWidth": [19813.0, 19761.0, 19766.0, 19761.0, 19756.0, 19745.0, 19757.0, 19774.0, 19818.0, 19762.0, 19776.0, 19747.0, 19769.0, 19761.0, 19753.0, 19769.0, 19740.0, 19707.0, 19717.0, 19730.0, 19733.0, 19736.0, 19705.0, 19714.0, 19761.0, 19752.0, 19745.0, 19736.0, 19725.0, 19722.0, 19755.0, 19775.0, 19741.0, 19762.0, 19750.0, 19724.0, 19718.0, 19740.0, 19706.0, 19731.0, 19721.0, 19752.0, 19739.0, 19759.0, 19777.0, 19729.0, 19749.0, 19731.0, 19766.0, 19772.0, 19754.0, 19772.0, 19769.0, 19750.0, 19770.0, 19750.0, 19765.0, 19765.0, 19733.0, 19746.0, 19740.0, 19722.0, 19728.0, 19744.0, 19740.0, 19758.0, 19747.0, 19728.0, 19762.0, 19752.0, 19747.0, 19726.0, 19740.0, 19760.0, 19737.0, 19735.0, 19725.0, 19723.0, 19719.0, 19742.0, 19719.0, 19739.0, 19705.0, 19715.0, 19699.0, 19697.0, 19705.0, 19711.0, 19708.0, 19715.0, 19713.0, 19702.0, 19719.0, 19723.0, 19717.0, 19723.0, 19690.0, 19703.0, 19670.0, 19669.0, 19693.0, 19705.0, 19715.0, 19724.0, 19730.0, 19742.0, 19719.0, 19734.0, 19716.0, 19716.0, 19725.0, 19754.0, 19781.0, 19795.0, 19788.0, 19798.0, 19749.0, 19777.0, 19739.0, 19732.0, 19721.0, 19754.0, 19721.0, 19744.0, 19740.0, 19737.0, 19744.0, 19728.0, 19719.0, 19722.0, 19727.0, 19719.0, 19715.0, 19744.0, 19720.0, 19737.0, 19751.0, 19752.0, 19784.0, 19778.0, 19768.0, 19786.0, 19739.0, 19748.0, 19718.0, 19723.0, 19699.0, 19725.0, 19743.0, 19732.0, 19717.0, 19735.0, 19750.0, 19713.0, 19753.0, 19740.0, 19785.0, 19749.0, 19786.0, 19771.0, 19783.0, 19761.0, 19744.0, 19756.0, 19770.0, 19843.0, 19881.0, 19882.0, 20184.0, 19919.0, 19853.0, 19787.0, 19803.0, 19757.0, 19783.0, 19721.0, 19784.0, 19709.0, 19731.0, 19721.0, 19748.0, 19707.0, 19720.0, 19762.0, 19902.0, 20017.0, 19868.0, 19760.0, 19748.0, 19720.0, 19739.0, 19767.0, 19744.0, 19791.0, 19764.0, 19733.0, 19741.0, 19719.0, 19704.0, 19723.0, 19691.0, 19696.0, 19698.0, 19692.0, 19698.0, 19707.0, 19716.0, 19734.0, 19761.0, 19761.0, 19893.0, 19897.0, 19814.0, 19797.0, 19735.0, 19778.0, 19766.0, 19831.0, 19811.0, 19750.0, 19763.0, 19786.0, 19785.0, 19761.0, 19773.0, 19757.0, 19804.0, 19819.0, 19801.0, 19850.0, 19823.0, 19822.0, 19812.0, 19814.0, 19780.0, 19857.0, 19859.0, 19845.0, 19875.0, 19810.0, 19831.0, 19768.0, 19805.0, 19793.0, 19763.0, 19785.0, 19826.0, 19873.0, 19784.0, 19826.0, 19750.0, 19742.0, 19775.0, 19826.0, 19766.0, 19814.0, 19773.0, 19780.0, 19747.0, 19748.0, 19730.0, 19769.0, 19776.0, 19797.0, 19800.0, 19841.0, 19730.0, 19752.0, 19757.0, 19729.0, 19779.0, 19821.0, 19827.0, 19841.0, 19823.0, 19824.0, 19843.0, 19850.0, 19886.0, 19809.0, 19854.0, 19871.0, 19802.0, 19807.0, 19792.0, 19768.0, 19782.0, 19840.0, 19816.0, 19793.0, 19793.0, 19838.0, 19775.0, 19793.0, 19908.0, 19970.0, 19845.0, 19816.0, 19736.0, 19730.0, 19771.0, 19757.0, 19757.0, 19775.0, 19802.0, 19829.0, 19790.0, 19766.0, 19851.0, 19790.0, 19824.0, 19829.0, 19876.0, 19872.0, 19855.0, 19799.0, 19803.0, 19855.0, 19821.0, 19806.0, 19807.0, 19794.0, 19765.0, 19794.0, 19860.0, 19796.0, 19851.0, 19808.0, 19795.0, 19807.0, 19820.0, 19783.0, 19767.0, 19748.0, 19807.0, 19740.0, 19747.0, 19763.0, 19731.0, 19773.0, 19776.0, 19773.0, 19807.0, 19782.0, 19812.0, 19799.0, 19848.0, 19809.0, 19775.0, 19820.0, 19787.0, 19799.0, 19829.0, 19839.0, 19810.0, 19807.0, 19812.0, 19834.0, 19769.0, 19848.0, 19794.0, 19772.0, 19792.0, 19834.0, 19799.0, 19783.0, 19848.0, 19804.0, 19796.0, 19813.0, 19819.0, 19789.0, 19826.0, 19863.0, 19842.0, 19844.0, 19891.0, 19826.0, 19798.0, 19777.0, 19834.0, 19796.0, 19818.0, 19813.0, 19833.0, 19807.0, 19858.0, 19810.0, 19865.0, 19792.0, 19820.0, 19871.0, 19822.0, 19821.0, 19876.0, 19810.0, 19825.0, 19813.0, 19855.0, 19840.0, 19863.0, 19829.0, 19864.0, 19802.0, 19860.0, 19825.0, 19804.0, 19836.0, 19746.0, 19792.0, 19806.0, 19801.0, 19809.0, 19834.0, 19813.0, 19836.0, 19801.0, 19794.0, 19864.0, 19806.0, 19827.0, 19878.0, 19913.0, 19841.0, 19852.0, 19873.0, 19835.0, 19873.0, 19884.0, 19816.0, 19824.0, 19912.0, 19846.0, 19886.0, 19834.0, 19810.0, 19810.0, 19863.0, 19820.0, 19812.0, 19829.0, 19833.0, 19815.0, 19844.0, 19785.0, 19839.0, 19830.0, 19846.0, 19841.0, 19828.0, 19828.0, 19806.0, 19821.0, 19827.0, 19811.0, 19832.0, 19833.0, 19882.0, 19840.0, 19818.0, 19815.0, 19788.0, 19815.0, 19804.0, 19839.0, 19840.0, 19838.0, 19824.0, 19835.0, 19842.0, 19813.0, 19844.0, 19846.0, 19913.0, 19866.0, 19848.0, 19831.0, 19883.0, 19807.0, 19806.0, 19861.0, 19843.0, 19872.0, 19908.0, 19799.0, 19822.0, 19860.0, 19835.0, 19877.0, 19875.0, 19901.0, 19883.0, 19893.0, 19863.0, 19843.0, 19839.0, 19900.0, 19863.0, 19872.0, 19926.0, 19868.0, 19878.0, 19875.0, 19863.0, 19921.0, 19955.0, 19908.0, 19905.0, 19934.0, 19870.0, 19848.0, 19848.0, 19888.0, 19846.0, 19824.0, 19829.0, 19863.0, 19852.0]}, "slices": {}}}