{"AcquisitionMatrixPE": 96, "AcquisitionNumber": 1, "AcquisitionTime": "07:46:56.502500", "BandwidthPerPixelPhaseEncode": 33.602, "BaseResolution": 96, "BodyPartExamined": "BRAIN", "ConsistencyInfo": "N4_VD11D_LATEST_20110129", "ConversionSoftware": "dcm2niix", "ConversionSoftwareVersion": "v1.0.20210317", "DerivedVendorReportedEchoSpacing": 0.000620003, "DeviceSerialNumber": "45239", "DwellTime": 2.6e-06, "EchoTime": 0.03, "EchoTrainLength": 48, "EffectiveEchoSpacing": 0.000310001, "FlipAngle": 63, "ImageComments": "Unaliased MB4/PE3", "ImageOrientationPatientDICOM": [0.999931, 0.0103452, -0.00554704, -0.0117385, 0.881243, -0.472518], "ImageType": ["ORIGINAL", "PRIMARY", "M", "ND", "NORM", "MOSAIC"], "ImagingFrequency": 123.193, "InPlanePhaseEncodingDirectionDICOM": "COL", "InstitutionAddress": "E 24th St. 100,Austin,Southmiddle,US,78712", "InstitutionName": "Univ of Texas at Austin", "InstitutionalDepartmentName": "IRC", "MRAcquisitionType": "2D", "MagneticFieldStrength": 3, "Manufacturer": "Siemens", "ManufacturersModelName": "Skyra", "Modality": "MR", "MultibandAccelerationFactor": 4, "ParallelReductionFactorInPlane": 2, "PartialFourier": 1, "PatientPosition": "HFS", "PercentPhaseFOV": 100, "PercentSampling": 100, "PhaseEncodingDirection": "j-", "PhaseEncodingSteps": 96, "PhaseResolution": 1, "PixelBandwidth": 2005, "ProcedureStepDescription": "Poldrack2^self-scanning", "ProtocolName": "Resting State fMRI MBEPI_matrix96_BW2004", "PulseSequenceDetails": "%CustomerSeq%\\cmrr_mbep2d_bold", "ReceiveCoilActiveElements": "HEA;HEP", "ReceiveCoilName": "Head_32", "ReconMatrixPE": 96, "RefLinesPE": 94, "RepetitionTime": 1.16, "SAR": 0.103378, "ScanOptions": "FS", "ScanningSequence": "EP", "SequenceName": "epfid2d1_96", "SequenceVariant": "SK", "SeriesDescription": "Resting State fMRI MBEPI_matrix96_BW2004", "SeriesNumber": 10, "ShimSetting": [-2790, 8037, -15425, 120, -193, 86, 344, -86], "SliceThickness": 2, "SliceTiming": [0, 0.4975, 0.995, 0.355, 0.8525, 0.2125, 0.71, 0.07, 0.5675, 1.0675, 0.425, 0.925, 0.285, 0.7825, 0.1425, 0.64, 0, 0.4975, 0.995, 0.355, 0.8525, 0.2125, 0.71, 0.07, 0.5675, 1.0675, 0.425, 0.925, 0.285, 0.7825, 0.1425, 0.64, 0, 0.4975, 0.995, 0.355, 0.8525, 0.2125, 0.71, 0.07, 0.5675, 1.0675, 0.425, 0.925, 0.285, 0.7825, 0.1425, 0.64, 0, 0.4975, 0.995, 0.355, 0.8525, 0.2125, 0.71, 0.07, 0.5675, 1.0675, 0.425, 0.925, 0.285, 0.7825, 0.1425, 0.64], "SoftwareVersions": "syngo MR D11", "SpacingBetweenSlices": 2.4, "StationName": "AWP45239", "TaskName": "Resting fmri", "TotalReadoutTime": 0.0294501, "TxRefAmp": 344.015, "WipMemBlock": "ee243cfd-f8e7-499c-8bf0-22d7a8dc0302||Sequence: VD11D r206; Feb 13 2013 18:52:04 by eja", "dcmmeta_affine": [[-2.3956682682037354, -0.028123503550887108, -3.371875445523642e-09, 120.33438110351562], [-0.02478533796966076, 2.1113107204437256, -1.1341218948364258, -77.82340240478516], [-0.01328978594392538, 1.1320748329162598, 2.1151282787323, -75.30876922607422], [0.0, 0.0, 0.0, 1.0]], "dcmmeta_reorient_transform": [[0.0, -1.0, 0.0, 95.0], [1.0, 0.0, 0.0, 0.0], [0.0, 0.0, 1.0, 0.0], [0.0, 0.0, 0.0, 1.0]], "dcmmeta_shape": [96, 96, 64, 518], "dcmmeta_slice_dim": 2, "dcmmeta_version": 0.6, "global": {"const": {"AcquisitionMatrix": [96, 0, 0, 96], "AngioFlag": "N", "BitsAllocated": 16, "BitsStored": 16, "BodyPartExamined": "BRAIN", "Columns": 768, "EchoNumbers": 1, "EchoTime": 30.0, "EchoTrainLength": 48, "FlipAngle": 63.0, "HighBit": 15, "ImageOrientationPatient": [0.99993110136662, 0.01034518499734, -0.0055470412931, -0.0117385058562, 0.88124272533871, -0.4725182181862], "ImagePositionPatient": [-913.15765884909, -840.47935425209, 417.08086168653], "ImageType": ["ORIGINAL", "PRIMARY", "M", "ND", "NORM", "MOSAIC"], "ImagedNucleus": "1H", "ImagingFrequency": 123.19331, "InPlanePhaseEncodingDirection": "COL", "MRAcquisitionType": "2D", "MagneticFieldStrength": 3.0, "Manufacturer": "SIEMENS", "ManufacturerModelName": "Skyra", "Modality": "MR", "NumberOfAverages": 1.0, "NumberOfPhaseEncodingSteps": 96, "PercentPhaseFieldOfView": 100.0, "PercentSampling": 100.0, "PerformedProcedureStepStartTime": "072232.046000", "PhotometricInterpretation": "MONOCHROME2", "PixelBandwidth": 2005.0, "PixelRepresentation": 0, "PixelSpacing": [2.3958332538605, 2.3958332538605], "ProtocolName": "Resting State fMRI MBEPI_matrix96_BW2004", "RepetitionTime": 1160.0, "Rows": 768, "SAR": 0.1033776753875, "SamplesPerPixel": 1, "ScanOptions": "FS", "ScanningSequence": "EP", "SequenceName": "epfid2d1_96", "SequenceVariant": "SK", "SeriesDescription": "Resting State fMRI MBEPI_matrix96_BW2004", "SeriesNumber": 10, "SeriesTime": "074735.734000", "SliceLocation": -29.594371964363, "SliceThickness": 2.0, "SmallestImagePixelValue": 0, "SoftwareVersions": "syngo MR D11", "SpacingBetweenSlices": 2.3999999433422, "SpecificCharacterSet": "ISO_IR 100", "StudyID": "1", "StudyTime": "072232.000000", "TransmitCoilName": "Body", "VariableFlipAngleFlag": "N", "WindowCenterWidthExplanation": "Algo1", "dBdt": 0.0}, "slices": {}}, "time": {"samples": {"AcquisitionNumber": [1, 2, 3, 4, 5, 6, 7, 8, 9, 10, 11, 12, 13, 14, 15, 16, 17, 18, 19, 20, 21, 22, 23, 24, 25, 26, 27, 28, 29, 30, 31, 32, 33, 34, 35, 36, 37, 38, 39, 40, 41, 42, 43, 44, 45, 46, 47, 48, 49, 50, 51, 52, 53, 54, 55, 56, 57, 58, 59, 60, 61, 62, 63, 64, 65, 66, 67, 68, 69, 70, 71, 72, 73, 74, 75, 76, 77, 78, 79, 80, 81, 82, 83, 84, 85, 86, 87, 88, 89, 90, 91, 92, 93, 94, 95, 96, 97, 98, 99, 100, 101, 102, 103, 104, 105, 106, 107, 108, 109, 110, 111, 112, 113, 114, 115, 116, 117, 118, 119, 120, 121, 122, 123, 124, 125, 126, 127, 128, 129, 130, 131, 132, 133, 134, 135, 136, 137, 138, 139, 140, 141, 142, 143, 144, 145, 146, 147, 148, 149, 150, 151, 152, 153, 154, 155, 156, 157, 158, 159, 160, 161, 162, 163, 164, 165, 166, 167, 168, 169, 170, 171, 172, 173, 174, 175, 176, 177, 178, 179, 180, 181, 182, 183, 184, 185, 186, 187, 188, 189, 190, 191, 192, 193, 194, 195, 196, 197, 198, 199, 200, 201, 202, 203, 204, 205, 206, 207, 208, 209, 210, 211, 212, 213, 214, 215, 216, 217, 218, 219, 220, 221, 222, 223, 224, 225, 226, 227, 228, 229, 230, 231, 232, 233, 234, 235, 236, 237, 238, 239, 240, 241, 242, 243, 244, 245, 246, 247, 248, 249, 250, 251, 252, 253, 254, 255, 256, 257, 258, 259, 260, 261, 262, 263, 264, 265, 266, 267, 268, 269, 270, 271, 272, 273, 274, 275, 276, 277, 278, 279, 280, 281, 282, 283, 284, 285, 286, 287, 288, 289, 290, 291, 292, 293, 294, 295, 296, 297, 298, 299, 300, 301, 302, 303, 304, 305, 306, 307, 308, 309, 310, 311, 312, 313, 314, 315, 316, 317, 318, 319, 320, 321, 322, 323, 324, 325, 326, 327, 328, 329, 330, 331, 332, 333, 334, 335, 336, 337, 338, 339, 340, 341, 342, 343, 344, 345, 346, 347, 348, 349, 350, 351, 352, 353, 354, 355, 356, 357, 358, 359, 360, 361, 362, 363, 364, 365, 366, 367, 368, 369, 370, 371, 372, 373, 374, 375, 376, 377, 378, 379, 380, 381, 382, 383, 384, 385, 386, 387, 388, 389, 390, 391, 392, 393, 394, 395, 396, 397, 398, 399, 400, 401, 402, 403, 404, 405, 406, 407, 408, 409, 410, 411, 412, 413, 414, 415, 416, 417, 418, 419, 420, 421, 422, 423, 424, 425, 426, 427, 428, 429, 430, 431, 432, 433, 434, 435, 436, 437, 438, 439, 440, 441, 442, 443, 444, 445, 446, 447, 448, 449, 450, 451, 452, 453, 454, 455, 456, 457, 458, 459, 460, 461, 462, 463, 464, 465, 466, 467, 468, 469, 470, 471, 472, 473, 474, 475, 476, 477, 478, 479, 480, 481, 482, 483, 484, 485, 486, 487, 488, 489, 490, 491, 492, 493, 494, 495, 496, 497, 498, 499, 500, 501, 502, 503, 504, 505, 506, 507, 508, 509, 510, 511, 512, 513, 514, 515, 516, 517, 518], "AcquisitionTime": ["074656.502500", "074725.502500", "074726.662500", "074727.822500", "074728.982500", "074730.142500", "074731.302500", "074732.462500", "074733.622500", "074734.782500", "074735.942500", "074737.102500", "074738.262500", "074739.422500", "074740.582500", "074741.742500", "074742.902500", "074744.062500", "074745.222500", "074746.382500", "074747.542500", "074748.702500", "074749.862500", "074751.022500", "074752.182500", "074753.342500", "074754.502500", "074755.662500", "074756.822500", "074757.982500", "074759.142500", "074800.302500", "074801.462500", "074802.622500", "074803.782500", "074804.942500", "074806.102500", "074807.262500", "074808.422500", "074809.582500", "074810.742500", "074811.902500", "074813.062500", "074814.222500", "074815.382500", "074816.542500", "074817.702500", "074818.862500", "074820.022500", "074821.182500", "074822.342500", "074823.502500", "074824.662500", "074825.822500", "074826.982500", "074828.142500", "074829.302500", "074830.462500", "074831.622500", "074832.782500", "074833.942500", "074835.102500", "074836.262500", "074837.422500", "074838.582500", "074839.742500", "074840.902500", "074842.062500", "074843.222500", "074844.382500", "074845.542500", "074846.702500", "074847.862500", "074849.022500", "074850.182500", "074851.342500", "074852.502500", "074853.662500", "074854.822500", "074855.982500", "074857.142500", "074858.302500", "074859.462500", "074900.622500", "074901.782500", "074902.942500", "074904.102500", "074905.262500", "074906.422500", "074907.582500", "074908.742500", "074909.902500", "074911.062500", "074912.222500", "074913.382500", "074914.542500", "074915.702500", "074916.862500", "074918.022500", "074919.182500", "074920.342500", "074921.502500", "074922.662500", "074923.822500", "074924.982500", "074926.142500", "074927.302500", "074928.462500", "074929.622500", "074930.782500", "074931.942500", "074933.102500", "074934.262500", "074935.422500", "074936.582500", "074937.742500", "074938.902500", "074940.062500", "074941.222500", "074942.382500", "074943.542500", "074944.702500", "074945.862500", "074947.022500", "074948.182500", "074949.342500", "074950.502500", "074951.662500", "074952.822500", "074953.982500", "074955.142500", "074956.302500", "074957.462500", "074958.622500", "074959.782500", "075000.942500", "075002.102500", "075003.262500", "075004.422500", "075005.582500", "075006.742500", "075007.902500", "075009.062500", "075010.222500", "075011.382500", "075012.542500", "075013.702500", "075014.862500", "075016.022500", "075017.182500", "075018.342500", "075019.502500", "075020.662500", "075021.822500", "075022.982500", "075024.142500", "075025.302500", "075026.462500", "075027.622500", "075028.782500", "075029.942500", "075031.102500", "075032.262500", "075033.422500", "075034.582500", "075035.742500", "075036.902500", "075038.062500", "075039.222500", "075040.382500", "075041.542500", "075042.702500", "075043.862500", "075045.022500", "075046.182500", "075047.342500", "075048.502500", "075049.662500", "075050.822500", "075051.982500", "075053.142500", "075054.302500", "075055.462500", "075056.622500", "075057.782500", "075058.942500", "075100.102500", "075101.262500", "075102.422500", "075103.582500", "075104.742500", "075105.902500", "075107.062500", "075108.222500", "075109.382500", "075110.542500", "075111.702500", "075112.862500", "075114.022500", "075115.182500", "075116.342500", "075117.502500", "075118.662500", "075119.822500", "075120.982500", "075122.142500", "075123.302500", "075124.462500", "075125.622500", "075126.782500", "075127.942500", "075129.102500", "075130.262500", "075131.422500", "075132.582500", "075133.742500", "075134.902500", "075136.062500", "075137.222500", "075138.382500", "075139.542500", "075140.702500", "075141.862500", "075143.022500", "075144.182500", "075145.342500", "075146.502500", "075147.662500", "075148.822500", "075149.982500", "075151.142500", "075152.302500", "075153.462500", "075154.622500", "075155.782500", "075156.942500", "075158.102500", "075159.262500", "075200.425000", "075201.585000", "075202.745000", "075203.905000", "075205.065000", "075206.225000", "075207.385000", "075208.545000", "075209.705000", "075210.865000", "075212.025000", "075213.185000", "075214.345000", "075215.505000", "075216.665000", "075217.825000", "075218.985000", "075220.145000", "075221.305000", "075222.465000", "075223.625000", "075224.785000", "075225.945000", "075227.105000", "075228.265000", "075229.425000", "075230.585000", "075231.745000", "075232.905000", "075234.065000", "075235.225000", "075236.385000", "075237.545000", "075238.705000", "075239.865000", "075241.025000", "075242.185000", "075243.345000", "075244.505000", "075245.665000", "075246.825000", "075247.985000", "075249.145000", "075250.305000", "075251.465000", "075252.625000", "075253.785000", "075254.945000", "075256.105000", "075257.265000", "075258.425000", "075259.585000", "075300.745000", "075301.905000", "075303.065000", "075304.225000", "075305.385000", "075306.545000", "075307.705000", "075308.865000", "075310.025000", "075311.185000", "075312.345000", "075313.505000", "075314.665000", "075315.825000", "075316.985000", "075318.145000", "075319.305000", "075320.465000", "075321.625000", "075322.785000", "075323.945000", "075325.105000", "075326.265000", "075327.425000", "075328.585000", "075329.745000", "075330.905000", "075332.065000", "075333.225000", "075334.385000", "075335.545000", "075336.705000", "075337.865000", "075339.025000", "075340.185000", "075341.345000", "075342.505000", "075343.665000", "075344.825000", "075345.985000", "075347.145000", "075348.305000", "075349.465000", "075350.625000", "075351.785000", "075352.945000", "075354.105000", "075355.265000", "075356.425000", "075357.585000", "075358.745000", "075359.905000", "075401.065000", "075402.225000", "075403.385000", "075404.545000", "075405.705000", "075406.865000", "075408.025000", "075409.185000", "075410.345000", "075411.505000", "075412.665000", "075413.825000", "075414.985000", "075416.145000", "075417.305000", "075418.465000", "075419.625000", "075420.785000", "075421.945000", "075423.105000", "075424.265000", "075425.425000", "075426.585000", "075427.745000", "075428.905000", "075430.065000", "075431.225000", "075432.385000", "075433.545000", "075434.705000", "075435.865000", "075437.025000", "075438.185000", "075439.345000", "075440.505000", "075441.665000", "075442.825000", "075443.985000", "075445.145000", "075446.305000", "075447.465000", "075448.625000", "075449.785000", "075450.945000", "075452.105000", "075453.265000", "075454.425000", "075455.585000", "075456.745000", "075457.905000", "075459.065000", "075500.225000", "075501.385000", "075502.545000", "075503.705000", "075504.865000", "075506.025000", "075507.185000", "075508.345000", "075509.505000", "075510.665000", "075511.825000", "075512.985000", "075514.145000", "075515.305000", "075516.465000", "075517.625000", "075518.785000", "075519.945000", "075521.105000", "075522.265000", "075523.425000", "075524.585000", "075525.745000", "075526.905000", "075528.065000", "075529.225000", "075530.385000", "075531.545000", "075532.705000", "075533.865000", "075535.025000", "075536.185000", "075537.345000", "075538.505000", "075539.665000", "075540.825000", "075541.985000", "075543.145000", "075544.305000", "075545.465000", "075546.625000", "075547.785000", "075548.945000", "075550.105000", "075551.265000", "075552.425000", "075553.585000", "075554.745000", "075555.905000", "075557.065000", "075558.225000", "075559.385000", "075600.545000", "075601.705000", "075602.865000", "075604.025000", "075605.185000", "075606.345000", "075607.505000", "075608.665000", "075609.825000", "075610.985000", "075612.145000", "075613.305000", "075614.465000", "075615.625000", "075616.785000", "075617.945000", "075619.105000", "075620.265000", "075621.425000", "075622.585000", "075623.745000", "075624.905000", "075626.065000", "075627.225000", "075628.385000", "075629.545000", "075630.705000", "075631.865000", "075633.025000", "075634.185000", "075635.345000", "075636.505000", "075637.665000", "075638.825000", "075639.985000", "075641.145000", "075642.305000", "075643.465000", "075644.625000", "075645.785000", "075646.945000", "075648.105000", "075649.265000", "075650.427500", "075651.587500", "075652.747500", "075653.907500", "075655.067500", "075656.227500", "075657.387500", "075658.547500", "075659.707500", "075700.867500", "075702.027500", "075703.187500", "075704.347500", "075705.507500", "075706.667500", "075707.827500", "075708.987500", "075710.147500", "075711.307500", "075712.467500", "075713.627500", "075714.787500", "075715.947500", "075717.107500", "075718.267500", "075719.427500", "075720.587500", "075721.747500", "075722.907500", "075724.067500"], "ContentTime": ["074735.734000", "074741.343000", "074741.359000", "074741.359000", "074741.375000", "074741.375000", "074746.343000", "074746.343000", "074746.359000", "074751.343000", "074751.359000", "074751.359000", "074751.359000", "074756.343000", "074756.343000", "074756.359000", "074801.343000", "074801.343000", "074801.359000", "074801.359000", "074806.343000", "074806.343000", "074806.390000", "074806.390000", "074811.343000", "074811.343000", "074811.359000", "074816.343000", "074816.359000", "074816.359000", "074816.359000", "074821.343000", "074821.343000", "074821.359000", "074821.359000", "074826.343000", "074826.343000", "074826.359000", "074831.343000", "074831.359000", "074831.375000", "074831.375000", "074836.343000", "074836.343000", "074836.359000", "074836.359000", "074841.343000", "074841.343000", "074841.359000", "074841.359000", "074846.343000", "074846.343000", "074846.359000", "074851.343000", "074851.343000", "074851.359000", "074851.359000", "074856.343000", "074856.343000", "074856.359000", "074856.359000", "074901.343000", "074901.343000", "074901.359000", "074901.359000", "074906.343000", "074906.343000", "074906.359000", "074911.343000", "074911.343000", "074911.359000", "074911.359000", "074916.343000", "074916.343000", "074916.359000", "074916.359000", "074921.343000", "074921.343000", "074921.359000", "074926.343000", "074926.359000", "074926.359000", "074926.359000", "074931.343000", "074931.359000", "074931.359000", "074936.343000", "074936.359000", "074936.359000", "074936.359000", "074941.343000", "074941.343000", "074941.359000", "074941.359000", "074946.343000", "074946.359000", "074946.359000", "074946.359000", "074951.343000", "074951.343000", "074951.359000", "074956.343000", "074956.343000", "074956.359000", "074956.359000", "075001.343000", "075001.343000", "075001.359000", "075006.343000", "075006.359000", "075006.359000", "075006.375000", "075011.343000", "075011.343000", "075011.359000", "075011.359000", "075016.343000", "075016.343000", "075016.359000", "075021.343000", "075021.343000", "075021.359000", "075021.375000", "075026.343000", "075026.343000", "075026.359000", "075026.359000", "075031.343000", "075031.343000", "075031.359000", "075036.343000", "075036.343000", "075036.359000", "075036.359000", "075041.343000", "075041.343000", "075041.359000", "075046.343000", "075046.343000", "075046.359000", "075046.359000", "075051.343000", "075051.343000", "075051.359000", "075051.359000", "075056.343000", "075056.343000", "075056.359000", "075056.359000", "075101.343000", "075101.359000", "075101.359000", "075101.359000", "075106.343000", "075106.343000", "075106.359000", "075111.343000", "075111.343000", "075111.359000", "075111.359000", "075116.343000", "075116.343000", "075116.359000", "075121.343000", "075121.359000", "075121.359000", "075121.359000", "075126.343000", "075126.359000", "075126.359000", "075126.359000", "075131.343000", "075131.343000", "075131.359000", "075131.359000", "075136.343000", "075136.343000", "075136.359000", "075136.359000", "075146.343000", "075146.343000", "075146.359000", "075146.359000", "075146.359000", "075146.359000", "075146.375000", "075151.343000", "075151.343000", "075151.359000", "075151.359000", "075156.343000", "075156.343000", "075156.359000", "075156.359000", "075201.343000", "075201.343000", "075201.359000", "075201.359000", "075206.343000", "075206.343000", "075206.359000", "075206.359000", "075211.343000", "075211.343000", "075211.359000", "075211.359000", "075216.343000", "075216.343000", "075216.359000", "075216.359000", "075221.343000", "075221.343000", "075221.359000", "075226.343000", "075226.343000", "075226.359000", "075226.359000", "075226.359000", "075231.343000", "075231.343000", "075231.359000", "075236.343000", "075236.343000", "075236.359000", "075236.359000", "075241.343000", "075241.343000", "075241.359000", "075241.359000", "075246.343000", "075246.343000", "075246.359000", "075246.359000", "075251.343000", "075251.343000", "075251.359000", "075256.343000", "075256.343000", "075256.359000", "075256.359000", "075301.343000", "075301.343000", "075301.359000", "075301.359000", "075306.343000", "075306.343000", "075306.359000", "075311.343000", "075311.343000", "075311.359000", "075311.359000", "075316.343000", "075316.343000", "075316.359000", "075316.359000", "075321.343000", "075321.359000", "075321.359000", "075321.359000", "075326.343000", "075326.359000", "075326.359000", "075326.359000", "075331.343000", "075331.343000", "075331.359000", "075331.359000", "075336.343000", "075336.359000", "075336.359000", "075341.343000", "075341.343000", "075341.359000", "075341.359000", "075346.343000", "075346.343000", "075346.359000", "075351.343000", "075351.343000", "075351.359000", "075351.359000", "075356.343000", "075356.343000", "075356.359000", "075356.359000", "075401.343000", "075401.359000", "075401.359000", "075401.359000", "075406.343000", "075406.343000", "075406.359000", "075406.359000", "075411.343000", "075411.359000", "075411.359000", "075416.343000", "075416.343000", "075416.359000", "075416.359000", "075421.343000", "075421.343000", "075421.359000", "075421.359000", "075426.343000", "075426.343000", "075426.359000", "075426.359000", "075431.343000", "075431.343000", "075431.359000", "075436.343000", "075436.343000", "075436.359000", "075436.359000", "075436.359000", "075441.343000", "075441.343000", "075441.359000", "075441.359000", "075446.359000", "075446.359000", "075446.359000", "075446.375000", "075451.343000", "075451.343000", "075451.359000", "075451.359000", "075456.343000", "075456.343000", "075456.359000", "075456.359000", "075501.343000", "075501.343000", "075501.359000", "075506.343000", "075506.359000", "075506.359000", "075506.359000", "075511.343000", "075511.359000", "075511.359000", "075511.359000", "075516.343000", "075516.343000", "075516.359000", "075521.343000", "075521.343000", "075521.359000", "075521.359000", "075526.343000", "075526.343000", "075526.359000", "075526.359000", "075531.343000", "075531.343000", "075531.359000", "075536.343000", "075536.343000", "075536.359000", "075536.359000", "075541.343000", "075541.343000", "075541.359000", "075541.359000", "075546.343000", "075546.343000", "075546.359000", "075546.359000", "075551.343000", "075551.343000", "075551.359000", "075551.359000", "075556.343000", "075556.359000", "075556.359000", "075556.359000", "075601.343000", "075601.343000", "075601.359000", "075606.343000", "075606.343000", "075606.359000", "075606.359000", "075611.343000", "075611.343000", "075611.359000", "075611.359000", "075616.343000", "075616.343000", "075616.359000", "075616.359000", "075621.343000", "075621.343000", "075621.359000", "075626.343000", "075626.343000", "075626.359000", "075626.359000", "075631.343000", "075631.343000", "075631.359000", "075631.359000", "075636.343000", "075636.343000", "075636.359000", "075636.359000", "075641.343000", "075641.343000", "075641.359000", "075641.359000", "075646.343000", "075646.343000", "075646.359000", "075651.343000", "075651.343000", "075651.359000", "075651.359000", "075656.343000", "075656.343000", "075656.359000", "075656.359000", "075701.343000", "075701.343000", "075701.359000", "075701.359000", "075706.343000", "075706.343000", "075706.359000", "075706.359000", "075711.343000", "075711.343000", "075711.359000", "075716.343000", "075716.343000", "075716.359000", "075716.359000", "075721.343000", "075721.343000", "075721.359000", "075726.343000", "075726.359000", "075726.359000", "075726.359000", "075731.343000", "075731.343000", "075731.359000", "075731.359000", "075736.343000", "075736.359000", "075736.359000", "075736.359000", "075741.343000", "075741.359000", "075741.359000", "075741.359000", "075746.343000", "075746.343000", "075746.359000", "075746.359000", "075751.343000", "075751.343000", "075751.359000", "075751.359000", "075756.343000", "075756.359000", "075756.359000", "075756.359000", "075801.343000", "075801.343000", "075801.359000", "075801.359000", "075806.343000", "075806.343000", "075806.359000", "075806.359000", "075811.343000", "075811.359000", "075811.359000", "075811.359000", "075816.343000", "075816.359000", "075816.359000", "075816.359000", "075821.343000", "075821.359000", "075821.359000", "075821.359000", "075826.343000", "075826.359000", "075826.359000", "075826.359000", "075831.343000", "075831.343000", "075831.359000", "075831.359000", "075836.343000", "075836.343000", "075836.359000", "075836.359000", "075841.343000", "075841.359000", "075841.359000", "075841.359000", "075846.343000", "075846.343000", "075846.359000", "075846.359000", "075851.343000", "075851.343000", "075851.359000", "075851.359000", "075856.343000", "075856.343000", "075856.359000", "075856.359000", "075858.296000", "075858.296000"], "InstanceCreationTime": ["074735.734000", "074741.343000", "074741.359000", "074741.359000", "074741.375000", "074741.375000", "074746.343000", "074746.343000", "074746.359000", "074751.343000", "074751.359000", "074751.359000", "074751.359000", "074756.343000", "074756.343000", "074756.359000", "074801.343000", "074801.343000", "074801.359000", "074801.359000", "074806.343000", "074806.343000", "074806.390000", "074806.390000", "074811.343000", "074811.343000", "074811.359000", "074816.343000", "074816.359000", "074816.359000", "074816.359000", "074821.343000", "074821.343000", "074821.359000", "074821.359000", "074826.343000", "074826.343000", "074826.359000", "074831.343000", "074831.359000", "074831.375000", "074831.375000", "074836.343000", "074836.343000", "074836.359000", "074836.359000", "074841.343000", "074841.343000", "074841.359000", "074841.359000", "074846.343000", "074846.343000", "074846.359000", "074851.343000", "074851.343000", "074851.359000", "074851.359000", "074856.343000", "074856.343000", "074856.359000", "074856.359000", "074901.343000", "074901.343000", "074901.359000", "074901.359000", "074906.343000", "074906.343000", "074906.359000", "074911.343000", "074911.343000", "074911.359000", "074911.359000", "074916.343000", "074916.343000", "074916.359000", "074916.359000", "074921.343000", "074921.343000", "074921.359000", "074926.343000", "074926.359000", "074926.359000", "074926.359000", "074931.343000", "074931.359000", "074931.359000", "074936.343000", "074936.359000", "074936.359000", "074936.359000", "074941.343000", "074941.343000", "074941.359000", "074941.359000", "074946.343000", "074946.359000", "074946.359000", "074946.359000", "074951.343000", "074951.343000", "074951.359000", "074956.343000", "074956.343000", "074956.359000", "074956.359000", "075001.343000", "075001.343000", "075001.359000", "075006.343000", "075006.359000", "075006.359000", "075006.375000", "075011.343000", "075011.343000", "075011.359000", "075011.359000", "075016.343000", "075016.343000", "075016.359000", "075021.343000", "075021.343000", "075021.359000", "075021.375000", "075026.343000", "075026.343000", "075026.359000", "075026.359000", "075031.343000", "075031.343000", "075031.359000", "075036.343000", "075036.343000", "075036.359000", "075036.359000", "075041.343000", "075041.343000", "075041.359000", "075046.343000", "075046.343000", "075046.359000", "075046.359000", "075051.343000", "075051.343000", "075051.359000", "075051.359000", "075056.343000", "075056.343000", "075056.359000", "075056.359000", "075101.343000", "075101.359000", "075101.359000", "075101.359000", "075106.343000", "075106.343000", "075106.359000", "075111.343000", "075111.343000", "075111.359000", "075111.359000", "075116.343000", "075116.343000", "075116.359000", "075121.343000", "075121.359000", "075121.359000", "075121.359000", "075126.343000", "075126.359000", "075126.359000", "075126.359000", "075131.343000", "075131.343000", "075131.359000", "075131.359000", "075136.343000", "075136.343000", "075136.359000", "075136.359000", "075146.343000", "075146.343000", "075146.359000", "075146.359000", "075146.359000", "075146.359000", "075146.375000", "075151.343000", "075151.343000", "075151.359000", "075151.359000", "075156.343000", "075156.343000", "075156.359000", "075156.359000", "075201.343000", "075201.343000", "075201.359000", "075201.359000", "075206.343000", "075206.343000", "075206.359000", "075206.359000", "075211.343000", "075211.343000", "075211.359000", "075211.359000", "075216.343000", "075216.343000", "075216.359000", "075216.359000", "075221.343000", "075221.343000", "075221.359000", "075226.343000", "075226.343000", "075226.359000", "075226.359000", "075226.359000", "075231.343000", "075231.343000", "075231.359000", "075236.343000", "075236.343000", "075236.359000", "075236.359000", "075241.343000", "075241.343000", "075241.359000", "075241.359000", "075246.343000", "075246.343000", "075246.359000", "075246.359000", "075251.343000", "075251.343000", "075251.359000", "075256.343000", "075256.343000", "075256.359000", "075256.359000", "075301.343000", "075301.343000", "075301.359000", "075301.359000", "075306.343000", "075306.343000", "075306.359000", "075311.343000", "075311.343000", "075311.359000", "075311.359000", "075316.343000", "075316.343000", "075316.359000", "075316.359000", "075321.343000", "075321.359000", "075321.359000", "075321.359000", "075326.343000", "075326.359000", "075326.359000", "075326.359000", "075331.343000", "075331.343000", "075331.359000", "075331.359000", "075336.343000", "075336.359000", "075336.359000", "075341.343000", "075341.343000", "075341.359000", "075341.359000", "075346.343000", "075346.343000", "075346.359000", "075351.343000", "075351.343000", "075351.359000", "075351.359000", "075356.343000", "075356.343000", "075356.359000", "075356.359000", "075401.343000", "075401.359000", "075401.359000", "075401.359000", "075406.343000", "075406.343000", "075406.359000", "075406.359000", "075411.343000", "075411.359000", "075411.359000", "075416.343000", "075416.343000", "075416.359000", "075416.359000", "075421.343000", "075421.343000", "075421.359000", "075421.359000", "075426.343000", "075426.343000", "075426.359000", "075426.359000", "075431.343000", "075431.343000", "075431.359000", "075436.343000", "075436.343000", "075436.359000", "075436.359000", "075436.359000", "075441.343000", "075441.343000", "075441.359000", "075441.359000", "075446.359000", "075446.359000", "075446.359000", "075446.375000", "075451.343000", "075451.343000", "075451.359000", "075451.359000", "075456.343000", "075456.343000", "075456.359000", "075456.359000", "075501.343000", "075501.343000", "075501.359000", "075506.343000", "075506.359000", "075506.359000", "075506.359000", "075511.343000", "075511.359000", "075511.359000", "075511.359000", "075516.343000", "075516.343000", "075516.359000", "075521.343000", "075521.343000", "075521.359000", "075521.359000", "075526.343000", "075526.343000", "075526.359000", "075526.359000", "075531.343000", "075531.343000", "075531.359000", "075536.343000", "075536.343000", "075536.359000", "075536.359000", "075541.343000", "075541.343000", "075541.359000", "075541.359000", "075546.343000", "075546.343000", "075546.359000", "075546.359000", "075551.343000", "075551.343000", "075551.359000", "075551.359000", "075556.343000", "075556.359000", "075556.359000", "075556.359000", "075601.343000", "075601.343000", "075601.359000", "075606.343000", "075606.343000", "075606.359000", "075606.359000", "075611.343000", "075611.343000", "075611.359000", "075611.359000", "075616.343000", "075616.343000", "075616.359000", "075616.359000", "075621.343000", "075621.343000", "075621.359000", "075626.343000", "075626.343000", "075626.359000", "075626.359000", "075631.343000", "075631.343000", "075631.359000", "075631.359000", "075636.343000", "075636.343000", "075636.359000", "075636.359000", "075641.343000", "075641.343000", "075641.359000", "075641.359000", "075646.343000", "075646.343000", "075646.359000", "075651.343000", "075651.343000", "075651.359000", "075651.359000", "075656.343000", "075656.343000", "075656.359000", "075656.359000", "075701.343000", "075701.343000", "075701.359000", "075701.359000", "075706.343000", "075706.343000", "075706.359000", "075706.359000", "075711.343000", "075711.343000", "075711.359000", "075716.343000", "075716.343000", "075716.359000", "075716.359000", "075721.343000", "075721.343000", "075721.359000", "075726.343000", "075726.359000", "075726.359000", "075726.359000", "075731.343000", "075731.343000", "075731.359000", "075731.359000", "075736.343000", "075736.359000", "075736.359000", "075736.359000", "075741.343000", "075741.359000", "075741.359000", "075741.359000", "075746.343000", "075746.343000", "075746.359000", "075746.359000", "075751.343000", "075751.343000", "075751.359000", "075751.359000", "075756.343000", "075756.359000", "075756.359000", "075756.359000", "075801.343000", "075801.343000", "075801.359000", "075801.359000", "075806.343000", "075806.343000", "075806.359000", "075806.359000", "075811.343000", "075811.359000", "075811.359000", "075811.359000", "075816.343000", "075816.359000", "075816.359000", "075816.359000", "075821.343000", "075821.359000", "075821.359000", "075821.359000", "075826.343000", "075826.359000", "075826.359000", "075826.359000", "075831.343000", "075831.343000", "075831.359000", "075831.359000", "075836.343000", "075836.343000", "075836.359000", "075836.359000", "075841.343000", "075841.359000", "075841.359000", "075841.359000", "075846.343000", "075846.343000", "075846.359000", "075846.359000", "075851.343000", "075851.343000", "075851.359000", "075851.359000", "075856.343000", "075856.343000", "075856.359000", "075856.359000", "075858.296000", "075858.296000"], "InstanceNumber": [1, 2, 3, 4, 5, 6, 7, 8, 9, 10, 11, 12, 13, 14, 15, 16, 17, 18, 19, 20, 21, 22, 23, 24, 25, 26, 27, 28, 29, 30, 31, 32, 33, 34, 35, 36, 37, 38, 39, 40, 41, 42, 43, 44, 45, 46, 47, 48, 49, 50, 51, 52, 53, 54, 55, 56, 57, 58, 59, 60, 61, 62, 63, 64, 65, 66, 67, 68, 69, 70, 71, 72, 73, 74, 75, 76, 77, 78, 79, 80, 81, 82, 83, 84, 85, 86, 87, 88, 89, 90, 91, 92, 93, 94, 95, 96, 97, 98, 99, 100, 101, 102, 103, 104, 105, 106, 107, 108, 109, 110, 111, 112, 113, 114, 115, 116, 117, 118, 119, 120, 121, 122, 123, 124, 125, 126, 127, 128, 129, 130, 131, 132, 133, 134, 135, 136, 137, 138, 139, 140, 141, 142, 143, 144, 145, 146, 147, 148, 149, 150, 151, 152, 153, 154, 155, 156, 157, 158, 159, 160, 161, 162, 163, 164, 165, 166, 167, 168, 169, 170, 171, 172, 173, 174, 175, 176, 177, 178, 179, 180, 181, 182, 183, 184, 185, 186, 187, 188, 189, 190, 191, 192, 193, 194, 195, 196, 197, 198, 199, 200, 201, 202, 203, 204, 205, 206, 207, 208, 209, 210, 211, 212, 213, 214, 215, 216, 217, 218, 219, 220, 221, 222, 223, 224, 225, 226, 227, 228, 229, 230, 231, 232, 233, 234, 235, 236, 237, 238, 239, 240, 241, 242, 243, 244, 245, 246, 247, 248, 249, 250, 251, 252, 253, 254, 255, 256, 257, 258, 259, 260, 261, 262, 263, 264, 265, 266, 267, 268, 269, 270, 271, 272, 273, 274, 275, 276, 277, 278, 279, 280, 281, 282, 283, 284, 285, 286, 287, 288, 289, 290, 291, 292, 293, 294, 295, 296, 297, 298, 299, 300, 301, 302, 303, 304, 305, 306, 307, 308, 309, 310, 311, 312, 313, 314, 315, 316, 317, 318, 319, 320, 321, 322, 323, 324, 325, 326, 327, 328, 329, 330, 331, 332, 333, 334, 335, 336, 337, 338, 339, 340, 341, 342, 343, 344, 345, 346, 347, 348, 349, 350, 351, 352, 353, 354, 355, 356, 357, 358, 359, 360, 361, 362, 363, 364, 365, 366, 367, 368, 369, 370, 371, 372, 373, 374, 375, 376, 377, 378, 379, 380, 381, 382, 383, 384, 385, 386, 387, 388, 389, 390, 391, 392, 393, 394, 395, 396, 397, 398, 399, 400, 401, 402, 403, 404, 405, 406, 407, 408, 409, 410, 411, 412, 413, 414, 415, 416, 417, 418, 419, 420, 421, 422, 423, 424, 425, 426, 427, 428, 429, 430, 431, 432, 433, 434, 435, 436, 437, 438, 439, 440, 441, 442, 443, 444, 445, 446, 447, 448, 449, 450, 451, 452, 453, 454, 455, 456, 457, 458, 459, 460, 461, 462, 463, 464, 465, 466, 467, 468, 469, 470, 471, 472, 473, 474, 475, 476, 477, 478, 479, 480, 481, 482, 483, 484, 485, 486, 487, 488, 489, 490, 491, 492, 493, 494, 495, 496, 497, 498, 499, 500, 501, 502, 503, 504, 505, 506, 507, 508, 509, 510, 511, 512, 513, 514, 515, 516, 517, 518], "LargestImagePixelValue": [25994, 25111, 25093, 24830, 24787, 25464, 24712, 24708, 25415, 24782, 24436, 24724, 24677, 24603, 24684, 24786, 24509, 26535, 24800, 24446, 24804, 24795, 24422, 24497, 24716, 24912, 24769, 24599, 24549, 24678, 26756, 24475, 24934, 25380, 25305, 24595, 24699, 24598, 24698, 24489, 24571, 24733, 24856, 24548, 24765, 24673, 24563, 24673, 24660, 24564, 24840, 24557, 24629, 24611, 24507, 24844, 24663, 24673, 24687, 24288, 24505, 24792, 24666, 24630, 24694, 24494, 24477, 24692, 24629, 24705, 24576, 25031, 24746, 24570, 24583, 24683, 24711, 24731, 24384, 24718, 24564, 25158, 24796, 24389, 24591, 27177, 27084, 25640, 25173, 24818, 29175, 24888, 24873, 24556, 24409, 24470, 29188, 24778, 24831, 24733, 24921, 24495, 26066, 24766, 24745, 24809, 24858, 24708, 24652, 24793, 24742, 24704, 24547, 24812, 24776, 24963, 24639, 24530, 24683, 24602, 24525, 24798, 24604, 24676, 24536, 24985, 24649, 24658, 24911, 24513, 24524, 25010, 24581, 24893, 24681, 24526, 25614, 24710, 24422, 24701, 24745, 24737, 24785, 24534, 24448, 24479, 24669, 24494, 24523, 24869, 24554, 24393, 25021, 24649, 24333, 24543, 24506, 24347, 24353, 24382, 24465, 24551, 24584, 24521, 24718, 24441, 24214, 24496, 24663, 24637, 25267, 24476, 24559, 24743, 24377, 24328, 25441, 26456, 24500, 24290, 24249, 24163, 24616, 24164, 24304, 24392, 24229, 24446, 24674, 24205, 24380, 24235, 25355, 24286, 24305, 24861, 24173, 24441, 24429, 24287, 24365, 24490, 24412, 24265, 24117, 24174, 25371, 24411, 24515, 24536, 24077, 26165, 24221, 24144, 25720, 24332, 24365, 24243, 24159, 24131, 24263, 24510, 24210, 24162, 24391, 24431, 25037, 24474, 24129, 24209, 24124, 26207, 24248, 24265, 24225, 24130, 23960, 24185, 24209, 24510, 23848, 23942, 24060, 23915, 23904, 24023, 24018, 24121, 24153, 24359, 24081, 24174, 24536, 24046, 24107, 24083, 24104, 24129, 24024, 24221, 24260, 24005, 23997, 24054, 24341, 23929, 23901, 24047, 24310, 24096, 23914, 24156, 25461, 23945, 24002, 23985, 24104, 25221, 23753, 25331, 23552, 24287, 24194, 24128, 23922, 23930, 23985, 23910, 24104, 24169, 23868, 24418, 23945, 24924, 23952, 24256, 24187, 23983, 24095, 24071, 24474, 24067, 23886, 23871, 23955, 25405, 24398, 25071, 23870, 26888, 27329, 25316, 24443, 24623, 23553, 23521, 24291, 23637, 23975, 24306, 24004, 24094, 23956, 23841, 24100, 24082, 23885, 23845, 24194, 23884, 24002, 28332, 23849, 24165, 23959, 25288, 24097, 23794, 23858, 23959, 24059, 24749, 24169, 24452, 23903, 23960, 23722, 23823, 24040, 24823, 24276, 24127, 23932, 23980, 23864, 23953, 24238, 23947, 24074, 23877, 23706, 23919, 23960, 24170, 23905, 23908, 23790, 23722, 23853, 25142, 23835, 23792, 23967, 23914, 25880, 23990, 23902, 23781, 23833, 25453, 23787, 24185, 24035, 23934, 23833, 23813, 23877, 23863, 23977, 23857, 23858, 23801, 23850, 23823, 24071, 23914, 23838, 23865, 23909, 23623, 23734, 25285, 23889, 23978, 26009, 23889, 23680, 28270, 24468, 24440, 23962, 23923, 23764, 29278, 24144, 24191, 24318, 24298, 24007, 23950, 23909, 24078, 24273, 24126, 23917, 24009, 24019, 24063, 30376, 23851, 24743, 24209, 23797, 24161, 26404, 23999, 23995, 23834, 24391, 23809, 23786, 24213, 23809, 24093, 24002, 25709, 23963, 23990, 25023, 24052, 24022, 23963, 23738, 23735, 23924, 24243, 23866, 23819, 24013, 23897, 23887, 23979, 25001, 24153, 25477, 23951, 24107, 24759, 24043, 25271, 23886, 24031, 23990, 24042, 24232, 23821, 23850, 23852, 26939, 26657, 23999, 23807, 24177, 24083, 24187, 23800, 24930, 24179, 23994, 25407, 23882, 24259, 24004, 23877, 23836, 23871, 23998, 23982, 24134, 23912, 23839, 23878, 23863, 24022, 24112, 23898, 24154, 23917, 23857, 23886, 23914, 24077, 24176, 23792, 23735, 23909, 24156, 26941], "WindowCenter": [9987.0, 9949.0, 9953.0, 9933.0, 9935.0, 9949.0, 9947.0, 9934.0, 9940.0, 9944.0, 9924.0, 9935.0, 9923.0, 9940.0, 9942.0, 9957.0, 9970.0, 9946.0, 9939.0, 9946.0, 9955.0, 9935.0, 9930.0, 9936.0, 9944.0, 9945.0, 9930.0, 9946.0, 9953.0, 9946.0, 9951.0, 9927.0, 9923.0, 9945.0, 9931.0, 9936.0, 9930.0, 9923.0, 9924.0, 9938.0, 9947.0, 9963.0, 9950.0, 9967.0, 9960.0, 9949.0, 9941.0, 9940.0, 9957.0, 9945.0, 9949.0, 9926.0, 9947.0, 9934.0, 9918.0, 9928.0, 9906.0, 9924.0, 9930.0, 9933.0, 9913.0, 9926.0, 9934.0, 9938.0, 9959.0, 9937.0, 9915.0, 9939.0, 9939.0, 9950.0, 9953.0, 9961.0, 9945.0, 9940.0, 9926.0, 9918.0, 9932.0, 9936.0, 9942.0, 9947.0, 9942.0, 9948.0, 9949.0, 9923.0, 9921.0, 9997.0, 9994.0, 9950.0, 9954.0, 9930.0, 9923.0, 9903.0, 9895.0, 9896.0, 9885.0, 9902.0, 9932.0, 9901.0, 9892.0, 9902.0, 9925.0, 9912.0, 9910.0, 9912.0, 9923.0, 9910.0, 9920.0, 9924.0, 9910.0, 9921.0, 9919.0, 9899.0, 9899.0, 9920.0, 9915.0, 9929.0, 9905.0, 9918.0, 9905.0, 9920.0, 9932.0, 9930.0, 9936.0, 9943.0, 9928.0, 9918.0, 9909.0, 9912.0, 9923.0, 9933.0, 9923.0, 9915.0, 9913.0, 9938.0, 9924.0, 9929.0, 9924.0, 9900.0, 9917.0, 9911.0, 9907.0, 9935.0, 9897.0, 9909.0, 9895.0, 9888.0, 9911.0, 9911.0, 9920.0, 9921.0, 9935.0, 9920.0, 9914.0, 9929.0, 9932.0, 9951.0, 9939.0, 9925.0, 9921.0, 9918.0, 9908.0, 9903.0, 9880.0, 9893.0, 9897.0, 9884.0, 9884.0, 9860.0, 9878.0, 9886.0, 9897.0, 9890.0, 9896.0, 9883.0, 9880.0, 9899.0, 9920.0, 9956.0, 9947.0, 9937.0, 9915.0, 9894.0, 9913.0, 9898.0, 9893.0, 9910.0, 9939.0, 9915.0, 9931.0, 9922.0, 9913.0, 9907.0, 9917.0, 9895.0, 9902.0, 9905.0, 9890.0, 9906.0, 9921.0, 9917.0, 9899.0, 9902.0, 9901.0, 9903.0, 9896.0, 9888.0, 9898.0, 9890.0, 9899.0, 9886.0, 9899.0, 9926.0, 9900.0, 9894.0, 9934.0, 9910.0, 9892.0, 9907.0, 9903.0, 9909.0, 9916.0, 9910.0, 9922.0, 9903.0, 9904.0, 9903.0, 9900.0, 9880.0, 9910.0, 9915.0, 9902.0, 9907.0, 9904.0, 9889.0, 9884.0, 9877.0, 9888.0, 9901.0, 9910.0, 9886.0, 9876.0, 9872.0, 9879.0, 9888.0, 9864.0, 9860.0, 9896.0, 9875.0, 9881.0, 9873.0, 9865.0, 9875.0, 9893.0, 9845.0, 9876.0, 9886.0, 9890.0, 9886.0, 9896.0, 9912.0, 9900.0, 9901.0, 9910.0, 9891.0, 9921.0, 9912.0, 9908.0, 9906.0, 9905.0, 9915.0, 9915.0, 9912.0, 9916.0, 9893.0, 9899.0, 9891.0, 9911.0, 9903.0, 9889.0, 9893.0, 9883.0, 9876.0, 9881.0, 9879.0, 9888.0, 9898.0, 9894.0, 9884.0, 9897.0, 9893.0, 9900.0, 9892.0, 9915.0, 9897.0, 9906.0, 9907.0, 9909.0, 9908.0, 9902.0, 9892.0, 9891.0, 9877.0, 9893.0, 9894.0, 9876.0, 9890.0, 9887.0, 9883.0, 9912.0, 9918.0, 9950.0, 9920.0, 9905.0, 9911.0, 9883.0, 9868.0, 9873.0, 9849.0, 9838.0, 9855.0, 9862.0, 9868.0, 9867.0, 9857.0, 9847.0, 9893.0, 9870.0, 9895.0, 9894.0, 9906.0, 9884.0, 9902.0, 9869.0, 9883.0, 9883.0, 9899.0, 9876.0, 9882.0, 9875.0, 9893.0, 9887.0, 9900.0, 9896.0, 9895.0, 9878.0, 9878.0, 9887.0, 9873.0, 9901.0, 9897.0, 9900.0, 9885.0, 9899.0, 9895.0, 9905.0, 9890.0, 9868.0, 9893.0, 9915.0, 9917.0, 9883.0, 9901.0, 9883.0, 9890.0, 9879.0, 9875.0, 9873.0, 9870.0, 9878.0, 9893.0, 9876.0, 9881.0, 9885.0, 9902.0, 9903.0, 9888.0, 9903.0, 9880.0, 9879.0, 9889.0, 9873.0, 9890.0, 9879.0, 9887.0, 9872.0, 9866.0, 9874.0, 9862.0, 9864.0, 9862.0, 9889.0, 9892.0, 9883.0, 9874.0, 9884.0, 9873.0, 9874.0, 9877.0, 9889.0, 9869.0, 9867.0, 9908.0, 9902.0, 9911.0, 9901.0, 9882.0, 9877.0, 9898.0, 9869.0, 9863.0, 9868.0, 9876.0, 9874.0, 9883.0, 9870.0, 9872.0, 9868.0, 9888.0, 9881.0, 9872.0, 9888.0, 9888.0, 9871.0, 9888.0, 9885.0, 9897.0, 9881.0, 9889.0, 9916.0, 9879.0, 9886.0, 9892.0, 9873.0, 9866.0, 9884.0, 9873.0, 9848.0, 9854.0, 9852.0, 9865.0, 9852.0, 9863.0, 9855.0, 9893.0, 9904.0, 9905.0, 9894.0, 9889.0, 9896.0, 9894.0, 9897.0, 9891.0, 9878.0, 9884.0, 9883.0, 9864.0, 9877.0, 9887.0, 9878.0, 9878.0, 9891.0, 9878.0, 9870.0, 9881.0, 9897.0, 9876.0, 9883.0, 9862.0, 9881.0, 9885.0, 9884.0, 9881.0, 9886.0, 9875.0, 9887.0, 9872.0, 9852.0, 9855.0, 9883.0, 9879.0, 9846.0, 9859.0, 9894.0, 9890.0, 9887.0, 9869.0, 9892.0, 9871.0, 9874.0, 9876.0, 9860.0, 9865.0, 9886.0, 9883.0, 9886.0, 9878.0, 9861.0, 9866.0, 9871.0, 9847.0, 9846.0, 9857.0, 9852.0, 9877.0, 9872.0, 9859.0, 9872.0, 9856.0, 9880.0, 9903.0, 9871.0, 9874.0, 9879.0, 9887.0, 9874.0, 9894.0, 9897.0, 9902.0], "WindowWidth": [21175.0, 21095.0, 21093.0, 21051.0, 21056.0, 21081.0, 21076.0, 21055.0, 21066.0, 21066.0, 21028.0, 21052.0, 21029.0, 21066.0, 21072.0, 21098.0, 21124.0, 21081.0, 21063.0, 21075.0, 21094.0, 21059.0, 21050.0, 21062.0, 21069.0, 21068.0, 21047.0, 21078.0, 21092.0, 21082.0, 21089.0, 21039.0, 21031.0, 21067.0, 21039.0, 21047.0, 21036.0, 21022.0, 21033.0, 21060.0, 21081.0, 21115.0, 21090.0, 21120.0, 21110.0, 21087.0, 21074.0, 21071.0, 21098.0, 21076.0, 21083.0, 21038.0, 21072.0, 21047.0, 21017.0, 21034.0, 21002.0, 21034.0, 21042.0, 21048.0, 21012.0, 21039.0, 21054.0, 21062.0, 21098.0, 21057.0, 21016.0, 21058.0, 21063.0, 21088.0, 21091.0, 21103.0, 21074.0, 21061.0, 21034.0, 21019.0, 21048.0, 21057.0, 21064.0, 21075.0, 21070.0, 21083.0, 21086.0, 21033.0, 21026.0, 21217.0, 21189.0, 21088.0, 21091.0, 21042.0, 21019.0, 20984.0, 20963.0, 20959.0, 20941.0, 20976.0, 21032.0, 20974.0, 20965.0, 20983.0, 21026.0, 21000.0, 21000.0, 20999.0, 21019.0, 21002.0, 21019.0, 21027.0, 21003.0, 21022.0, 21014.0, 20977.0, 20978.0, 21016.0, 21013.0, 21036.0, 20990.0, 21015.0, 20992.0, 21018.0, 21045.0, 21043.0, 21049.0, 21062.0, 21033.0, 21013.0, 20995.0, 21005.0, 21026.0, 21046.0, 21029.0, 21012.0, 21003.0, 21054.0, 21024.0, 21031.0, 21025.0, 20980.0, 21008.0, 20998.0, 20994.0, 21044.0, 20972.0, 20990.0, 20963.0, 20950.0, 21001.0, 21001.0, 21020.0, 21025.0, 21048.0, 21017.0, 21011.0, 21047.0, 21057.0, 21090.0, 21062.0, 21034.0, 21025.0, 21019.0, 20998.0, 20990.0, 20941.0, 20959.0, 20961.0, 20936.0, 20932.0, 20888.0, 20925.0, 20950.0, 20966.0, 20953.0, 20963.0, 20938.0, 20933.0, 20972.0, 21029.0, 21114.0, 21079.0, 21056.0, 21013.0, 20967.0, 20997.0, 20968.0, 20960.0, 20992.0, 21049.0, 21017.0, 21048.0, 21028.0, 21005.0, 20992.0, 21007.0, 20966.0, 20981.0, 20992.0, 20960.0, 20987.0, 21012.0, 21004.0, 20971.0, 20982.0, 20974.0, 20978.0, 20967.0, 20950.0, 20968.0, 20956.0, 20977.0, 20953.0, 20974.0, 21025.0, 20975.0, 20960.0, 21033.0, 21000.0, 20963.0, 20990.0, 20984.0, 20996.0, 21007.0, 21003.0, 21021.0, 20985.0, 20991.0, 20983.0, 20977.0, 20938.0, 21004.0, 21015.0, 20986.0, 20989.0, 20977.0, 20945.0, 20934.0, 20924.0, 20950.0, 20974.0, 20995.0, 20942.0, 20919.0, 20909.0, 20921.0, 20933.0, 20889.0, 20888.0, 20953.0, 20916.0, 20926.0, 20910.0, 20893.0, 20912.0, 20949.0, 20857.0, 20916.0, 20942.0, 20950.0, 20945.0, 20968.0, 21005.0, 20982.0, 20977.0, 20991.0, 20956.0, 21006.0, 20990.0, 20989.0, 20992.0, 20994.0, 21008.0, 21004.0, 20994.0, 20998.0, 20957.0, 20969.0, 20957.0, 20996.0, 20978.0, 20948.0, 20953.0, 20930.0, 20915.0, 20928.0, 20927.0, 20945.0, 20966.0, 20961.0, 20940.0, 20969.0, 20965.0, 20974.0, 20961.0, 21007.0, 20972.0, 20988.0, 20997.0, 20996.0, 20992.0, 20980.0, 20959.0, 20958.0, 20925.0, 20953.0, 20954.0, 20918.0, 20943.0, 20946.0, 20935.0, 20989.0, 21003.0, 21096.0, 21022.0, 20983.0, 20995.0, 20930.0, 20897.0, 20905.0, 20859.0, 20840.0, 20874.0, 20884.0, 20896.0, 20895.0, 20875.0, 20860.0, 20955.0, 20910.0, 20958.0, 20957.0, 20976.0, 20932.0, 20966.0, 20905.0, 20936.0, 20933.0, 20966.0, 20918.0, 20931.0, 20922.0, 20956.0, 20953.0, 20977.0, 20963.0, 20960.0, 20926.0, 20923.0, 20939.0, 20917.0, 20969.0, 20968.0, 20978.0, 20942.0, 20965.0, 20956.0, 20971.0, 20946.0, 20913.0, 20957.0, 20998.0, 21001.0, 20938.0, 20967.0, 20933.0, 20952.0, 20924.0, 20916.0, 20913.0, 20906.0, 20922.0, 20955.0, 20919.0, 20929.0, 20942.0, 20971.0, 20974.0, 20947.0, 20974.0, 20930.0, 20928.0, 20941.0, 20910.0, 20943.0, 20932.0, 20939.0, 20911.0, 20896.0, 20908.0, 20889.0, 20900.0, 20893.0, 20944.0, 20952.0, 20934.0, 20918.0, 20939.0, 20922.0, 20919.0, 20925.0, 20947.0, 20907.0, 20902.0, 20978.0, 20969.0, 20993.0, 20970.0, 20929.0, 20919.0, 20958.0, 20903.0, 20892.0, 20908.0, 20918.0, 20914.0, 20933.0, 20905.0, 20907.0, 20902.0, 20948.0, 20929.0, 20912.0, 20941.0, 20939.0, 20908.0, 20947.0, 20943.0, 20964.0, 20937.0, 20948.0, 20998.0, 20925.0, 20938.0, 20950.0, 20916.0, 20899.0, 20928.0, 20912.0, 20856.0, 20865.0, 20864.0, 20888.0, 20865.0, 20897.0, 20875.0, 20952.0, 20978.0, 20980.0, 20958.0, 20950.0, 20961.0, 20965.0, 20964.0, 20947.0, 20925.0, 20933.0, 20931.0, 20902.0, 20923.0, 20940.0, 20925.0, 20925.0, 20952.0, 20930.0, 20906.0, 20929.0, 20961.0, 20916.0, 20932.0, 20886.0, 20920.0, 20935.0, 20934.0, 20927.0, 20938.0, 20921.0, 20952.0, 20916.0, 20873.0, 20878.0, 20922.0, 20919.0, 20853.0, 20878.0, 20952.0, 20946.0, 20946.0, 20907.0, 20946.0, 20906.0, 20911.0, 20912.0, 20885.0, 20904.0, 20943.0, 20934.0, 20937.0, 20920.0, 20883.0, 20895.0, 20904.0, 20857.0, 20854.0, 20875.0, 20865.0, 20908.0, 20904.0, 20887.0, 20918.0, 20882.0, 20925.0, 20968.0, 20910.0, 20915.0, 20930.0, 20938.0, 20918.0, 20959.0, 20961.0, 20968.0]}, "slices": {}}}