{
    "AcquisitionMatrixPE": 96,
    "AcquisitionNumber": 1,
    "AcquisitionTime": "07:56:22.520000",
    "BandwidthPerPixelPhaseEncode": 33.602,
    "BaseResolution": 96,
    "BodyPartExamined": "BRAIN",
    "ConsistencyInfo": "N4_VD13A_LATEST_20120616",
    "ConversionSoftware": "dcm2niix",
    "ConversionSoftwareVersion": "v1.0.20210317",
    "DerivedVendorReportedEchoSpacing": 0.000620003,
    "DeviceSerialNumber": "45239",
    "DwellTime": 2.6e-06,
    "EchoTime": 0.03,
    "EchoTrainLength": 47,
    "EffectiveEchoSpacing": 0.000310001,
    "FlipAngle": 63,
    "ImageComments": "Unaliased MB4/PE3",
    "ImageOrientationPatientDICOM": [
        0.999922,
        -0.0113215,
        -0.00527334,
        0.00680636,
        0.847991,
        -0.529967
    ],
    "ImageType": [
        "ORIGINAL",
        "PRIMARY",
        "M",
        "ND",
        "NORM",
        "MOSAIC"
    ],
    "ImagingFrequency": 123.191,
    "InPlanePhaseEncodingDirectionDICOM": "COL",
    "InstitutionAddress": "E 24th St. 100,Austin,Southmiddle,US,78712",
    "InstitutionName": "The Univ. of Texas at Austin IRC",
    "InstitutionalDepartmentName": "IRC",
    "MRAcquisitionType": "2D",
    "MagneticFieldStrength": 3,
    "Manufacturer": "Siemens",
    "ManufacturersModelName": "Skyra",
    "Modality": "MR",
    "MultibandAccelerationFactor": 4,
    "ParallelReductionFactorInPlane": 2,
    "PartialFourier": 1,
    "PatientPosition": "HFS",
    "PercentPhaseFOV": 100,
    "PercentSampling": 100,
    "PhaseEncodingDirection": "j-",
    "PhaseEncodingSteps": 95,
    "PhaseResolution": 1,
    "PixelBandwidth": 2005,
    "ProcedureStepDescription": "Poldrack2^self-scanning",
    "ProtocolName": "loc_hard_easy",
    "PulseSequenceDetails": "%CustomerSeq%\\cmrr_mbep2d_bold",
    "ReceiveCoilActiveElements": "HEA;HEP",
    "ReceiveCoilName": "Head_32",
    "ReconMatrixPE": 96,
    "RefLinesPE": 48,
    "RepetitionTime": 1.16,
    "SAR": 0.113561,
    "ScanOptions": "FS",
    "ScanningSequence": "EP",
    "SequenceName": "epfid2d1_96",
    "SequenceVariant": "SK",
    "SeriesDescription": "loc_hard_easy",
    "SeriesNumber": 10,
    "ShimSetting": [
        -2977,
        8277,
        -15342,
        -681,
        49,
        -506,
        329,
        125
    ],
    "SliceThickness": 2,
    "SliceTiming": [
        0,
        0.4975,
        0.9975,
        0.355,
        0.855,
        0.2125,
        0.7125,
        0.07,
        0.57,
        1.0675,
        0.4275,
        0.925,
        0.285,
        0.7825,
        0.1425,
        0.64,
        0,
        0.4975,
        0.9975,
        0.355,
        0.855,
        0.2125,
        0.7125,
        0.07,
        0.57,
        1.0675,
        0.4275,
        0.925,
        0.285,
        0.7825,
        0.1425,
        0.64,
        0,
        0.4975,
        0.9975,
        0.355,
        0.855,
        0.2125,
        0.7125,
        0.07,
        0.57,
        1.0675,
        0.4275,
        0.925,
        0.285,
        0.7825,
        0.1425,
        0.64,
        0,
        0.4975,
        0.9975,
        0.355,
        0.855,
        0.2125,
        0.7125,
        0.07,
        0.57,
        1.0675,
        0.4275,
        0.925,
        0.285,
        0.7825,
        0.1425,
        0.64
    ],
    "SoftwareVersions": "syngo MR D13",
    "SpacingBetweenSlices": 2.4,
    "StationName": "AWP45239",
    "TaskName": "Spatial working memory task",
    "TotalReadoutTime": 0.0294501,
    "TxRefAmp": 336.316,
    "WipMemBlock": "b5b1da90-f7e3-4f3a-bdef-dd2557a294c9||Sequence: vd13a/R010 r/fd129fc; Dec 13 2013 16:14:27 by eja",
    "dcmmeta_affine": [
        [
            -2.395646333694458,
            0.016306893900036812,
            -0.025132250040769577,
            114.47606658935547
        ],
        [
            0.027124421671032906,
            2.031644344329834,
            -1.2717365026474,
            -80.24210357666016
        ],
        [
            -0.01263404916971922,
            1.2697136402130127,
            2.035203695297241,
            -87.57257080078125
        ],
        [
            0.0,
            0.0,
            0.0,
            1.0
        ]
    ],
    "dcmmeta_reorient_transform": [
        [
            0.0,
            -1.0,
            0.0,
            95.0
        ],
        [
            1.0,
            0.0,
            0.0,
            0.0
        ],
        [
            0.0,
            0.0,
            1.0,
            0.0
        ],
        [
            0.0,
            0.0,
            0.0,
            1.0
        ]
    ],
    "dcmmeta_shape": [
        96,
        96,
        64,
        387
    ],
    "dcmmeta_slice_dim": 2,
    "dcmmeta_version": 0.6,
    "global": {
        "const": {
            "AcquisitionMatrix": [
                96,
                0,
                0,
                96
            ],
            "AngioFlag": "N",
            "BitsAllocated": 16,
            "BitsStored": 16,
            "BodyPartExamined": "BRAIN",
            "Columns": 768,
            "DeidentificationMethodCodeSequence": [
                {
                    "CodeMeaning": "XNAT Edit Script",
                    "CodeValue": "93",
                    "CodingSchemeDesignator": "XNAT",
                    "CodingSchemeVersion": "0.1"
                }
            ],
            "EchoNumbers": 1,
            "EchoTime": 30.0,
            "EchoTrainLength": 47,
            "FlipAngle": 63.0,
            "HighBit": 15,
            "ImageOrientationPatient": [
                0.9999220047273,
                -0.0113214981499,
                -0.0052733425631,
                0.00680635581878,
                0.84799067304326,
                -0.5299674442379
            ],
            "ImagePositionPatient": [
                -926.44152618086,
                -786.28276121229,
                463.91904513567
            ],
            "ImageType": [
                "ORIGINAL",
                "PRIMARY",
                "M",
                "ND",
                "NORM",
                "MOSAIC"
            ],
            "ImagedNucleus": "1H",
            "ImagingFrequency": 123.191258,
            "InPlanePhaseEncodingDirection": "COL",
            "MRAcquisitionType": "2D",
            "MagneticFieldStrength": 3.0,
            "Manufacturer": "SIEMENS",
            "ManufacturerModelName": "Skyra",
            "Modality": "MR",
            "NumberOfAverages": 1.0,
            "NumberOfPhaseEncodingSteps": 95,
            "PercentPhaseFieldOfView": 100.0,
            "PercentSampling": 100.0,
            "PerformedProcedureStepStartTime": "072453.312000",
            "PhotometricInterpretation": "MONOCHROME2",
            "PixelBandwidth": 2005.0,
            "PixelRepresentation": 0,
            "PixelSpacing": [
                2.3958332538605,
                2.3958332538605
            ],
            "ProtocolName": "loc_hard_easy",
            "RepetitionTime": 1160.0,
            "Rows": 768,
            "SAR": 0.11356058922557,
            "SamplesPerPixel": 1,
            "ScanOptions": "FS",
            "ScanningSequence": "EP",
            "SequenceName": "epfid2d1_96",
            "SequenceVariant": "SK",
            "SeriesDescription": "loc_hard_easy",
            "SeriesNumber": 10,
            "SeriesTime": "075659.513000",
            "SliceLocation": -32.940937466304,
            "SliceThickness": 2.0,
            "SmallestImagePixelValue": 0,
            "SoftwareVersions": "syngo MR D13",
            "SpacingBetweenSlices": 2.3999999868863,
            "SpecificCharacterSet": "ISO_IR 100",
            "StudyID": "1",
            "StudyTime": "072453.257000",
            "TransmitCoilName": "Body",
            "VariableFlipAngleFlag": "N",
            "WindowCenterWidthExplanation": "Algo1",
            "dBdt": 0.0
        },
