{"AcquisitionMatrixPE": 96, "AcquisitionNumber": 1, "AcquisitionTime": "07:29:57.287500", "BandwidthPerPixelPhaseEncode": 33.602, "BaseResolution": 96, "BodyPartExamined": "BRAIN", "ConsistencyInfo": "N4_VD11D_LATEST_20110129", "ConversionSoftware": "dcm2niix", "ConversionSoftwareVersion": "v1.0.20210317", "DerivedVendorReportedEchoSpacing": 0.000620003, "DeviceSerialNumber": "45239", "DwellTime": 2.6e-06, "EchoTime": 0.03, "EchoTrainLength": 48, "EffectiveEchoSpacing": 0.000310001, "FlipAngle": 63, "ImageComments": "Unaliased MB4/PE3", "ImageOrientationPatientDICOM": [0.999646, 0.00959802, 0.024819, 0.00478259, 0.852696, -0.522386], "ImageType": ["ORIGINAL", "PRIMARY", "M", "ND", "NORM", "MOSAIC"], "ImagingFrequency": 123.193, "InPlanePhaseEncodingDirectionDICOM": "COL", "InstitutionAddress": "E 24th St. 100,Austin,Southmiddle,US,78712", "InstitutionName": "Univ of Texas at Austin", "InstitutionalDepartmentName": "IRC", "MRAcquisitionType": "2D", "MagneticFieldStrength": 3, "Manufacturer": "Siemens", "ManufacturersModelName": "Skyra", "Modality": "MR", "MultibandAccelerationFactor": 4, "ParallelReductionFactorInPlane": 2, "PartialFourier": 1, "PatientPosition": "HFS", "PercentPhaseFOV": 100, "PercentSampling": 100, "PhaseEncodingDirection": "j-", "PhaseEncodingSteps": 96, "PhaseResolution": 1, "PixelBandwidth": 2005, "ProcedureStepDescription": "Poldrack2^self-scanning", "ProtocolName": "Resting State fMRI MBEPI_matrix96_BW2004", "PulseSequenceDetails": "%CustomerSeq%\\cmrr_mbep2d_bold", "ReceiveCoilActiveElements": "HEA;HEP", "ReceiveCoilName": "Head_32", "ReconMatrixPE": 96, "RefLinesPE": 94, "RepetitionTime": 1.16, "SAR": 0.108824, "ScanOptions": "FS", "ScanningSequence": "EP", "SequenceName": "epfid2d1_96", "SequenceVariant": "SK", "SeriesDescription": "Resting State fMRI MBEPI_matrix96_BW2004", "SeriesNumber": 9, "ShimSetting": [-2786, 7990, -15440, 186, -193, -83, 329, -67], "SliceThickness": 2, "SliceTiming": [0, 0.615, 0.07, 0.6825, 0.1375, 0.75, 0.205, 0.82, 0.2725, 0.8875, 0.3425, 0.955, 0.41, 1.0225, 0.4775, 1.0925, 0.545, 0, 0.615, 0.07, 0.6825, 0.1375, 0.75, 0.205, 0.82, 0.2725, 0.8875, 0.3425, 0.955, 0.41, 1.0225, 0.4775, 1.0925, 0.545, 0, 0.615, 0.07, 0.6825, 0.1375, 0.75, 0.205, 0.82, 0.2725, 0.8875, 0.3425, 0.955, 0.41, 1.0225, 0.4775, 1.0925, 0.545, 0, 0.615, 0.07, 0.6825, 0.1375, 0.75, 0.205, 0.82, 0.2725, 0.8875, 0.3425, 0.955, 0.41, 1.0225, 0.4775, 1.0925, 0.545], "SoftwareVersions": "syngo MR D11", "SpacingBetweenSlices": 2.4, "StationName": "AWP45239", "TaskName": "Resting fmri", "TotalReadoutTime": 0.0294501, "TxRefAmp": 348.017, "WipMemBlock": "43587c10-b0d6-4a4f-b582-720d11948b21||Sequence: VD11D r154; May 23 2012 22:27:19 by eja", "dcmmeta_affine": [[-2.3949849605560303, 0.011458293534815311, 0.06282462179660797, 115.2719497680664], [-0.02299525775015354, 2.042917013168335, -1.253566861152649, -68.19896697998047], [0.059462178498506546, 1.251549243927002, 2.045635223388672, -95.65489959716797], [0.0, 0.0, 0.0, 1.0]], "dcmmeta_reorient_transform": [[0.0, -1.0, 0.0, 95.0], [1.0, 0.0, 0.0, 0.0], [0.0, 0.0, 1.0, 0.0], [0.0, 0.0, 0.0, 1.0]], "dcmmeta_shape": [96, 96, 68, 518], "dcmmeta_slice_dim": 2, "dcmmeta_version": 0.6, "global": {"const": {"AcquisitionMatrix": [96, 0, 0, 96], "AngioFlag": "N", "BitsAllocated": 16, "BitsStored": 16, "BodyPartExamined": "BRAIN", "Columns": 864, "EchoNumbers": 1, "EchoTime": 30.0, "EchoTrainLength": 48, "FlipAngle": 63.0, "HighBit": 15, "ImageOrientationPatient": [0.99964588501276, 0.00959802062375, 0.02481899629649, 0.0047825923324, 0.85269584806333, -0.5223857937446], "ImagePositionPatient": [-1040.4346541556, -919.18848377007, 481.00372063212], "ImageType": ["ORIGINAL", "PRIMARY", "M", "ND", "NORM", "MOSAIC"], "ImagedNucleus": "1H", "ImagingFrequency": 123.193369, "InPlanePhaseEncodingDirection": "COL", "MRAcquisitionType": "2D", "MagneticFieldStrength": 3.0, "Manufacturer": "SIEMENS", "ManufacturerModelName": "Skyra", "Modality": "MR", "NumberOfAverages": 1.0, "NumberOfPhaseEncodingSteps": 96, "PercentPhaseFieldOfView": 100.0, "PercentSampling": 100.0, "PerformedProcedureStepStartTime": "071119.453000", "PhotometricInterpretation": "MONOCHROME2", "PixelBandwidth": 2005.0, "PixelRepresentation": 0, "PixelSpacing": [2.3958332538605, 2.3958332538605], "ProtocolName": "Resting State fMRI MBEPI_matrix96_BW2004", "RepetitionTime": 1160.0, "Rows": 864, "SAR": 0.10882431885513, "SamplesPerPixel": 1, "ScanOptions": "FS", "ScanningSequence": "EP", "SequenceName": "epfid2d1_96", "SequenceVariant": "SK", "SeriesDescription": "Resting State fMRI MBEPI_matrix96_BW2004", "SeriesNumber": 9, "SeriesTime": "073044.390000", "SliceLocation": -42.892141662147, "SliceThickness": 2.0, "SmallestImagePixelValue": 0, "SoftwareVersions": "syngo MR D11", "SpacingBetweenSlices": 2.400000007467, "SpecificCharacterSet": "ISO_IR 100", "StudyID": "1", "StudyTime": "071119.406000", "TransmitCoilName": "Body", "VariableFlipAngleFlag": "N", "WindowCenterWidthExplanation": "Algo1", "dBdt": 0.0}, "slices": {}}, "time": {"samples": {"AcquisitionNumber": [1, 2, 3, 4, 5, 6, 7, 8, 9, 10, 11, 12, 13, 14, 15, 16, 17, 18, 19, 20, 21, 22, 23, 24, 25, 26, 27, 28, 29, 30, 31, 32, 33, 34, 35, 36, 37, 38, 39, 40, 41, 42, 43, 44, 45, 46, 47, 48, 49, 50, 51, 52, 53, 54, 55, 56, 57, 58, 59, 60, 61, 62, 63, 64, 65, 66, 67, 68, 69, 70, 71, 72, 73, 74, 75, 76, 77, 78, 79, 80, 81, 82, 83, 84, 85, 86, 87, 88, 89, 90, 91, 92, 93, 94, 95, 96, 97, 98, 99, 100, 101, 102, 103, 104, 105, 106, 107, 108, 109, 110, 111, 112, 113, 114, 115, 116, 117, 118, 119, 120, 121, 122, 123, 124, 125, 126, 127, 128, 129, 130, 131, 132, 133, 134, 135, 136, 137, 138, 139, 140, 141, 142, 143, 144, 145, 146, 147, 148, 149, 150, 151, 152, 153, 154, 155, 156, 157, 158, 159, 160, 161, 162, 163, 164, 165, 166, 167, 168, 169, 170, 171, 172, 173, 174, 175, 176, 177, 178, 179, 180, 181, 182, 183, 184, 185, 186, 187, 188, 189, 190, 191, 192, 193, 194, 195, 196, 197, 198, 199, 200, 201, 202, 203, 204, 205, 206, 207, 208, 209, 210, 211, 212, 213, 214, 215, 216, 217, 218, 219, 220, 221, 222, 223, 224, 225, 226, 227, 228, 229, 230, 231, 232, 233, 234, 235, 236, 237, 238, 239, 240, 241, 242, 243, 244, 245, 246, 247, 248, 249, 250, 251, 252, 253, 254, 255, 256, 257, 258, 259, 260, 261, 262, 263, 264, 265, 266, 267, 268, 269, 270, 271, 272, 273, 274, 275, 276, 277, 278, 279, 280, 281, 282, 283, 284, 285, 286, 287, 288, 289, 290, 291, 292, 293, 294, 295, 296, 297, 298, 299, 300, 301, 302, 303, 304, 305, 306, 307, 308, 309, 310, 311, 312, 313, 314, 315, 316, 317, 318, 319, 320, 321, 322, 323, 324, 325, 326, 327, 328, 329, 330, 331, 332, 333, 334, 335, 336, 337, 338, 339, 340, 341, 342, 343, 344, 345, 346, 347, 348, 349, 350, 351, 352, 353, 354, 355, 356, 357, 358, 359, 360, 361, 362, 363, 364, 365, 366, 367, 368, 369, 370, 371, 372, 373, 374, 375, 376, 377, 378, 379, 380, 381, 382, 383, 384, 385, 386, 387, 388, 389, 390, 391, 392, 393, 394, 395, 396, 397, 398, 399, 400, 401, 402, 403, 404, 405, 406, 407, 408, 409, 410, 411, 412, 413, 414, 415, 416, 417, 418, 419, 420, 421, 422, 423, 424, 425, 426, 427, 428, 429, 430, 431, 432, 433, 434, 435, 436, 437, 438, 439, 440, 441, 442, 443, 444, 445, 446, 447, 448, 449, 450, 451, 452, 453, 454, 455, 456, 457, 458, 459, 460, 461, 462, 463, 464, 465, 466, 467, 468, 469, 470, 471, 472, 473, 474, 475, 476, 477, 478, 479, 480, 481, 482, 483, 484, 485, 486, 487, 488, 489, 490, 491, 492, 493, 494, 495, 496, 497, 498, 499, 500, 501, 502, 503, 504, 505, 506, 507, 508, 509, 510, 511, 512, 513, 514, 515, 516, 517, 518], "AcquisitionTime": ["072957.287500", "073026.287500", "073027.447500", "073028.607500", "073029.767500", "073030.927500", "073032.087500", "073033.247500", "073034.407500", "073035.567500", "073036.727500", "073037.887500", "073039.047500", "073040.207500", "073041.367500", "073042.527500", "073043.687500", "073044.847500", "073046.007500", "073047.167500", "073048.327500", "073049.487500", "073050.647500", "073051.807500", "073052.967500", "073054.127500", "073055.287500", "073056.447500", "073057.607500", "073058.767500", "073059.927500", "073101.087500", "073102.247500", "073103.407500", "073104.567500", "073105.727500", "073106.887500", "073108.047500", "073109.207500", "073110.367500", "073111.527500", "073112.687500", "073113.847500", "073115.007500", "073116.167500", "073117.327500", "073118.487500", "073119.647500", "073120.807500", "073121.967500", "073123.127500", "073124.287500", "073125.447500", "073126.607500", "073127.767500", "073128.927500", "073130.087500", "073131.247500", "073132.407500", "073133.567500", "073134.727500", "073135.887500", "073137.047500", "073138.207500", "073139.367500", "073140.527500", "073141.687500", "073142.847500", "073144.007500", "073145.167500", "073146.327500", "073147.487500", "073148.647500", "073149.807500", "073150.967500", "073152.127500", "073153.287500", "073154.447500", "073155.607500", "073156.767500", "073157.927500", "073159.087500", "073200.247500", "073201.407500", "073202.567500", "073203.727500", "073204.887500", "073206.047500", "073207.207500", "073208.367500", "073209.527500", "073210.687500", "073211.847500", "073213.007500", "073214.167500", "073215.327500", "073216.487500", "073217.647500", "073218.807500", "073219.967500", "073221.127500", "073222.287500", "073223.447500", "073224.607500", "073225.767500", "073226.927500", "073228.087500", "073229.247500", "073230.407500", "073231.567500", "073232.727500", "073233.887500", "073235.047500", "073236.207500", "073237.367500", "073238.527500", "073239.687500", "073240.847500", "073242.007500", "073243.167500", "073244.327500", "073245.487500", "073246.647500", "073247.807500", "073248.967500", "073250.127500", "073251.287500", "073252.447500", "073253.607500", "073254.767500", "073255.927500", "073257.087500", "073258.247500", "073259.407500", "073300.567500", "073301.727500", "073302.887500", "073304.047500", "073305.207500", "073306.367500", "073307.527500", "073308.687500", "073309.847500", "073311.007500", "073312.167500", "073313.327500", "073314.487500", "073315.647500", "073316.807500", "073317.967500", "073319.127500", "073320.287500", "073321.447500", "073322.607500", "073323.767500", "073324.927500", "073326.087500", "073327.247500", "073328.407500", "073329.567500", "073330.727500", "073331.887500", "073333.047500", "073334.207500", "073335.367500", "073336.527500", "073337.687500", "073338.847500", "073340.007500", "073341.167500", "073342.327500", "073343.487500", "073344.647500", "073345.807500", "073346.967500", "073348.127500", "073349.287500", "073350.447500", "073351.607500", "073352.767500", "073353.927500", "073355.087500", "073356.247500", "073357.407500", "073358.567500", "073359.727500", "073400.887500", "073402.047500", "073403.207500", "073404.367500", "073405.527500", "073406.687500", "073407.847500", "073409.007500", "073410.167500", "073411.327500", "073412.487500", "073413.647500", "073414.807500", "073415.967500", "073417.127500", "073418.287500", "073419.447500", "073420.607500", "073421.767500", "073422.927500", "073424.087500", "073425.247500", "073426.407500", "073427.567500", "073428.727500", "073429.887500", "073431.047500", "073432.207500", "073433.367500", "073434.527500", "073435.687500", "073436.847500", "073438.007500", "073439.167500", "073440.327500", "073441.487500", "073442.647500", "073443.807500", "073444.967500", "073446.127500", "073447.287500", "073448.447500", "073449.607500", "073450.767500", "073451.927500", "073453.087500", "073454.247500", "073455.407500", "073456.567500", "073457.727500", "073458.887500", "073500.047500", "073501.207500", "073502.367500", "073503.527500", "073504.687500", "073505.847500", "073507.007500", "073508.167500", "073509.327500", "073510.487500", "073511.647500", "073512.807500", "073513.967500", "073515.127500", "073516.287500", "073517.447500", "073518.607500", "073519.767500", "073520.927500", "073522.087500", "073523.247500", "073524.407500", "073525.567500", "073526.727500", "073527.887500", "073529.047500", "073530.207500", "073531.367500", "073532.527500", "073533.687500", "073534.847500", "073536.007500", "073537.167500", "073538.327500", "073539.487500", "073540.647500", "073541.807500", "073542.967500", "073544.127500", "073545.287500", "073546.447500", "073547.607500", "073548.767500", "073549.927500", "073551.087500", "073552.247500", "073553.407500", "073554.567500", "073555.727500", "073556.887500", "073558.047500", "073559.207500", "073600.367500", "073601.527500", "073602.687500", "073603.847500", "073605.007500", "073606.167500", "073607.327500", "073608.487500", "073609.647500", "073610.807500", "073611.967500", "073613.127500", "073614.287500", "073615.447500", "073616.607500", "073617.767500", "073618.927500", "073620.087500", "073621.247500", "073622.407500", "073623.567500", "073624.727500", "073625.887500", "073627.047500", "073628.207500", "073629.367500", "073630.527500", "073631.687500", "073632.847500", "073634.007500", "073635.167500", "073636.327500", "073637.487500", "073638.647500", "073639.807500", "073640.967500", "073642.127500", "073643.287500", "073644.447500", "073645.607500", "073646.767500", "073647.927500", "073649.087500", "073650.247500", "073651.407500", "073652.567500", "073653.727500", "073654.887500", "073656.047500", "073657.207500", "073658.367500", "073659.527500", "073700.687500", "073701.847500", "073703.007500", "073704.167500", "073705.327500", "073706.487500", "073707.647500", "073708.807500", "073709.967500", "073711.127500", "073712.287500", "073713.447500", "073714.607500", "073715.767500", "073716.927500", "073718.087500", "073719.247500", "073720.407500", "073721.567500", "073722.727500", "073723.887500", "073725.047500", "073726.207500", "073727.367500", "073728.527500", "073729.687500", "073730.847500", "073732.007500", "073733.167500", "073734.327500", "073735.487500", "073736.647500", "073737.807500", "073738.967500", "073740.127500", "073741.287500", "073742.447500", "073743.607500", "073744.767500", "073745.927500", "073747.087500", "073748.247500", "073749.407500", "073750.567500", "073751.727500", "073752.887500", "073754.047500", "073755.207500", "073756.367500", "073757.527500", "073758.687500", "073759.847500", "073801.007500", "073802.167500", "073803.327500", "073804.487500", "073805.647500", "073806.807500", "073807.967500", "073809.127500", "073810.287500", "073811.447500", "073812.607500", "073813.767500", "073814.927500", "073816.087500", "073817.247500", "073818.407500", "073819.567500", "073820.727500", "073821.887500", "073823.047500", "073824.207500", "073825.367500", "073826.527500", "073827.687500", "073828.847500", "073830.007500", "073831.167500", "073832.327500", "073833.487500", "073834.647500", "073835.807500", "073836.967500", "073838.127500", "073839.287500", "073840.447500", "073841.607500", "073842.767500", "073843.927500", "073845.087500", "073846.247500", "073847.407500", "073848.567500", "073849.727500", "073850.887500", "073852.047500", "073853.207500", "073854.367500", "073855.527500", "073856.687500", "073857.847500", "073859.007500", "073900.167500", "073901.327500", "073902.487500", "073903.647500", "073904.807500", "073905.967500", "073907.127500", "073908.287500", "073909.447500", "073910.607500", "073911.767500", "073912.927500", "073914.087500", "073915.247500", "073916.407500", "073917.567500", "073918.727500", "073919.887500", "073921.047500", "073922.207500", "073923.367500", "073924.527500", "073925.687500", "073926.847500", "073928.007500", "073929.167500", "073930.327500", "073931.487500", "073932.647500", "073933.807500", "073934.967500", "073936.127500", "073937.287500", "073938.447500", "073939.607500", "073940.767500", "073941.927500", "073943.087500", "073944.247500", "073945.407500", "073946.567500", "073947.727500", "073948.887500", "073950.047500", "073951.207500", "073952.367500", "073953.527500", "073954.687500", "073955.847500", "073957.007500", "073958.167500", "073959.327500", "074000.487500", "074001.647500", "074002.807500", "074003.967500", "074005.127500", "074006.287500", "074007.447500", "074008.607500", "074009.767500", "074010.927500", "074012.087500", "074013.247500", "074014.407500", "074015.567500", "074016.727500", "074017.887500", "074019.047500", "074020.207500", "074021.367500", "074022.527500", "074023.687500", "074024.847500"], "ContentTime": ["073044.390000", "073053.140000", "073053.140000", "073053.140000", "073053.156000", "073053.156000", "073058.140000", "073058.140000", "073058.140000", "073103.140000", "073103.140000", "073108.140000", "073108.140000", "073108.140000", "073113.140000", "073113.140000", "073118.140000", "073118.140000", "073118.140000", "073123.140000", "073123.140000", "073128.140000", "073128.140000", "073128.140000", "073133.140000", "073133.140000", "073138.140000", "073138.140000", "073138.140000", "073143.140000", "073143.140000", "073143.156000", "073148.140000", "073148.140000", "073153.140000", "073153.140000", "073153.140000", "073158.140000", "073158.140000", "073203.140000", "073203.140000", "073208.140000", "073208.140000", "073208.140000", "073213.140000", "073213.140000", "073218.140000", "073218.140000", "073218.140000", "073223.140000", "073223.140000", "073228.140000", "073228.140000", "073228.140000", "073233.140000", "073233.140000", "073233.140000", "073238.140000", "073238.140000", "073243.140000", "073243.140000", "073243.140000", "073248.140000", "073248.140000", "073253.140000", "073253.140000", "073253.140000", "073258.140000", "073258.140000", "073303.140000", "073303.140000", "073303.140000", "073308.140000", "073308.140000", "073313.140000", "073313.140000", "073313.140000", "073318.140000", "073318.140000", "073323.140000", "073323.140000", "073323.140000", "073328.140000", "073328.140000", "073333.140000", "073333.140000", "073333.140000", "073338.140000", "073338.140000", "073343.140000", "073343.140000", "073343.140000", "073348.140000", "073348.140000", "073353.140000", "073353.140000", "073353.140000", "073358.140000", "073358.140000", "073403.140000", "073403.140000", "073403.140000", "073408.140000", "073408.140000", "073413.140000", "073413.140000", "073413.140000", "073418.140000", "073418.140000", "073423.140000", "073423.140000", "073423.140000", "073428.140000", "073428.140000", "073433.140000", "073433.140000", "073433.140000", "073438.140000", "073438.140000", "073438.140000", "073443.140000", "073443.140000", "073448.140000", "073448.140000", "073448.140000", "073453.140000", "073453.140000", "073458.140000", "073458.140000", "073458.140000", "073503.140000", "073503.140000", "073508.140000", "073508.140000", "073508.140000", "073513.140000", "073513.140000", "073518.140000", "073518.140000", "073518.156000", "073523.140000", "073523.140000", "073528.140000", "073528.140000", "073528.140000", "073533.140000", "073533.140000", "073533.140000", "073538.140000", "073538.140000", "073543.140000", "073543.140000", "073543.140000", "073548.140000", "073548.140000", "073553.140000", "073553.140000", "073553.140000", "073558.140000", "073558.140000", "073603.140000", "073603.140000", "073603.140000", "073608.140000", "073608.140000", "073613.140000", "073613.140000", "073613.140000", "073618.140000", "073618.140000", "073623.140000", "073623.140000", "073623.140000", "073628.140000", "073628.140000", "073628.156000", "073633.140000", "073633.156000", "073638.140000", "073638.140000", "073638.156000", "073643.140000", "073643.140000", "073648.140000", "073648.140000", "073648.140000", "073653.140000", "073653.140000", "073658.140000", "073658.140000", "073658.140000", "073703.140000", "073703.140000", "073708.140000", "073708.140000", "073708.140000", "073713.140000", "073713.140000", "073718.140000", "073718.140000", "073718.140000", "073723.140000", "073723.140000", "073728.140000", "073728.140000", "073728.140000", "073733.140000", "073733.156000", "073738.140000", "073738.140000", "073738.140000", "073743.140000", "073743.140000", "073748.140000", "073748.140000", "073748.140000", "073753.140000", "073753.140000", "073758.140000", "073758.140000", "073758.140000", "073803.140000", "073803.140000", "073808.140000", "073808.140000", "073808.171000", "073813.140000", "073813.140000", "073818.140000", "073818.140000", "073818.140000", "073823.140000", "073823.156000", "073828.140000", "073828.140000", "073828.140000", "073833.140000", "073833.140000", "073838.140000", "073838.140000", "073838.140000", "073848.140000", "073848.140000", "073848.140000", "073848.140000", "073848.156000", "073853.140000", "073853.140000", "073853.140000", "073858.140000", "073858.140000", "073903.140000", "073903.140000", "073908.140000", "073908.140000", "073908.140000", "073913.140000", "073913.140000", "073918.140000", "073918.140000", "073918.156000", "073923.140000", "073923.140000", "073928.140000", "073928.140000", "073928.140000", "073933.140000", "073933.187000", "073933.203000", "073938.140000", "073938.140000", "073943.140000", "073943.140000", "073943.140000", "073948.140000", "073948.140000", "073953.140000", "073953.140000", "073953.140000", "073958.140000", "073958.140000", "074003.140000", "074003.140000", "074003.140000", "074008.140000", "074008.140000", "074013.140000", "074013.140000", "074013.140000", "074018.140000", "074018.140000", "074018.140000", "074023.140000", "074023.140000", "074028.140000", "074028.140000", "074028.140000", "074033.140000", "074033.140000", "074038.140000", "074038.140000", "074038.156000", "074043.140000", "074043.140000", "074043.140000", "074048.140000", "074048.140000", "074053.140000", "074053.140000", "074053.140000", "074058.140000", "074058.140000", "074058.140000", "074103.140000", "074103.140000", "074103.140000", "074108.140000", "074108.140000", "074113.140000", "074113.140000", "074113.140000", "074118.140000", "074118.140000", "074123.140000", "074123.140000", "074123.140000", "074128.140000", "074128.140000", "074128.140000", "074133.140000", "074133.140000", "074133.140000", "074138.140000", "074138.140000", "074143.140000", "074143.140000", "074143.140000", "074148.140000", "074148.140000", "074153.140000", "074153.140000", "074153.156000", "074158.140000", "074158.140000", "074158.140000", "074203.140000", "074203.140000", "074203.140000", "074208.140000", "074208.140000", "074213.140000", "074213.140000", "074213.140000", "074218.140000", "074218.140000", "074218.140000", "074223.140000", "074223.140000", "074228.140000", "074228.140000", "074228.140000", "074233.140000", "074233.140000", "074233.140000", "074238.140000", "074238.140000", "074243.140000", "074243.140000", "074243.140000", "074248.140000", "074248.140000", "074253.140000", "074253.140000", "074253.140000", "074258.140000", "074258.140000", "074258.140000", "074303.140000", "074303.140000", "074308.140000", "074308.140000", "074308.140000", "074313.140000", "074313.140000", "074313.140000", "074318.140000", "074318.140000", "074318.140000", "074323.140000", "074323.140000", "074328.140000", "074328.140000", "074328.140000", "074333.140000", "074333.140000", "074338.140000", "074338.140000", "074338.140000", "074343.140000", "074343.140000", "074343.140000", "074348.140000", "074348.140000", "074348.140000", "074353.140000", "074353.140000", "074358.140000", "074358.140000", "074358.156000", "074403.140000", "074403.140000", "074403.140000", "074408.140000", "074408.140000", "074408.140000", "074413.140000", "074413.140000", "074418.140000", "074418.140000", "074418.140000", "074423.140000", "074423.140000", "074428.140000", "074428.140000", "074428.140000", "074433.140000", "074433.140000", "074438.140000", "074438.140000", "074438.140000", "074443.140000", "074443.140000", "074443.140000", "074448.140000", "074448.140000", "074453.140000", "074453.140000", "074453.140000", "074458.140000", "074458.140000", "074458.140000", "074503.140000", "074503.140000", "074503.140000", "074508.140000", "074508.140000", "074513.140000", "074513.140000", "074513.140000", "074518.140000", "074518.140000", "074523.140000", "074523.140000", "074523.140000", "074528.140000", "074528.140000", "074528.156000", "074533.140000", "074533.140000", "074538.140000", "074538.140000", "074538.140000", "074543.140000", "074543.140000", "074543.140000", "074548.140000", "074548.140000", "074548.140000", "074553.140000", "074553.140000", "074558.140000", "074558.140000", "074558.140000", "074603.140000", "074603.140000", "074608.140000", "074608.140000", "074608.140000", "074613.140000", "074613.140000", "074613.140000", "074618.140000", "074618.140000", "074618.140000", "074623.140000", "074623.140000", "074628.140000", "074628.140000", "074628.140000", "074633.140000", "074633.140000", "074633.140000", "074638.140000", "074638.140000", "074638.140000", "074643.140000", "074643.140000", "074648.140000", "074648.140000", "074648.140000", "074653.140000", "074653.140000", "074653.140000", "074658.140000", "074658.140000", "074703.140000", "074703.140000", "074703.140000", "074708.140000", "074708.140000", "074713.140000", "074713.140000", "074713.140000", "074718.140000", "074718.140000", "074718.140000", "074721.703000", "074721.703000"], "InstanceCreationTime": ["073044.390000", "073053.140000", "073053.140000", "073053.140000", "073053.156000", "073053.156000", "073058.140000", "073058.140000", "073058.140000", "073103.140000", "073103.140000", "073108.140000", "073108.140000", "073108.140000", "073113.140000", "073113.140000", "073118.140000", "073118.140000", "073118.140000", "073123.140000", "073123.140000", "073128.140000", "073128.140000", "073128.140000", "073133.140000", "073133.140000", "073138.140000", "073138.140000", "073138.140000", "073143.140000", "073143.140000", "073143.156000", "073148.140000", "073148.140000", "073153.140000", "073153.140000", "073153.140000", "073158.140000", "073158.140000", "073203.140000", "073203.140000", "073208.140000", "073208.140000", "073208.140000", "073213.140000", "073213.140000", "073218.140000", "073218.140000", "073218.140000", "073223.140000", "073223.140000", "073228.140000", "073228.140000", "073228.140000", "073233.140000", "073233.140000", "073233.140000", "073238.140000", "073238.140000", "073243.140000", "073243.140000", "073243.140000", "073248.140000", "073248.140000", "073253.140000", "073253.140000", "073253.140000", "073258.140000", "073258.140000", "073303.140000", "073303.140000", "073303.140000", "073308.140000", "073308.140000", "073313.140000", "073313.140000", "073313.140000", "073318.140000", "073318.140000", "073323.140000", "073323.140000", "073323.140000", "073328.140000", "073328.140000", "073333.140000", "073333.140000", "073333.140000", "073338.140000", "073338.140000", "073343.140000", "073343.140000", "073343.140000", "073348.140000", "073348.140000", "073353.140000", "073353.140000", "073353.140000", "073358.140000", "073358.140000", "073403.140000", "073403.140000", "073403.140000", "073408.140000", "073408.140000", "073413.140000", "073413.140000", "073413.140000", "073418.140000", "073418.140000", "073423.140000", "073423.140000", "073423.140000", "073428.140000", "073428.140000", "073433.140000", "073433.140000", "073433.140000", "073438.140000", "073438.140000", "073438.140000", "073443.140000", "073443.140000", "073448.140000", "073448.140000", "073448.140000", "073453.140000", "073453.140000", "073458.140000", "073458.140000", "073458.140000", "073503.140000", "073503.140000", "073508.140000", "073508.140000", "073508.140000", "073513.140000", "073513.140000", "073518.140000", "073518.140000", "073518.156000", "073523.140000", "073523.140000", "073528.140000", "073528.140000", "073528.140000", "073533.140000", "073533.140000", "073533.140000", "073538.140000", "073538.140000", "073543.140000", "073543.140000", "073543.140000", "073548.140000", "073548.140000", "073553.140000", "073553.140000", "073553.140000", "073558.140000", "073558.140000", "073603.140000", "073603.140000", "073603.140000", "073608.140000", "073608.140000", "073613.140000", "073613.140000", "073613.140000", "073618.140000", "073618.140000", "073623.140000", "073623.140000", "073623.140000", "073628.140000", "073628.140000", "073628.156000", "073633.140000", "073633.156000", "073638.140000", "073638.140000", "073638.156000", "073643.140000", "073643.140000", "073648.140000", "073648.140000", "073648.140000", "073653.140000", "073653.140000", "073658.140000", "073658.140000", "073658.140000", "073703.140000", "073703.140000", "073708.140000", "073708.140000", "073708.140000", "073713.140000", "073713.140000", "073718.140000", "073718.140000", "073718.140000", "073723.140000", "073723.140000", "073728.140000", "073728.140000", "073728.140000", "073733.140000", "073733.156000", "073738.140000", "073738.140000", "073738.140000", "073743.140000", "073743.140000", "073748.140000", "073748.140000", "073748.140000", "073753.140000", "073753.140000", "073758.140000", "073758.140000", "073758.140000", "073803.140000", "073803.140000", "073808.140000", "073808.140000", "073808.171000", "073813.140000", "073813.140000", "073818.140000", "073818.140000", "073818.140000", "073823.140000", "073823.156000", "073828.140000", "073828.140000", "073828.140000", "073833.140000", "073833.140000", "073838.140000", "073838.140000", "073838.140000", "073848.140000", "073848.140000", "073848.140000", "073848.140000", "073848.156000", "073853.140000", "073853.140000", "073853.140000", "073858.140000", "073858.140000", "073903.140000", "073903.140000", "073908.140000", "073908.140000", "073908.140000", "073913.140000", "073913.140000", "073918.140000", "073918.140000", "073918.156000", "073923.140000", "073923.140000", "073928.140000", "073928.140000", "073928.140000", "073933.140000", "073933.187000", "073933.203000", "073938.140000", "073938.140000", "073943.140000", "073943.140000", "073943.140000", "073948.140000", "073948.140000", "073953.140000", "073953.140000", "073953.140000", "073958.140000", "073958.140000", "074003.140000", "074003.140000", "074003.140000", "074008.140000", "074008.140000", "074013.140000", "074013.140000", "074013.140000", "074018.140000", "074018.140000", "074018.140000", "074023.140000", "074023.140000", "074028.140000", "074028.140000", "074028.140000", "074033.140000", "074033.140000", "074038.140000", "074038.140000", "074038.156000", "074043.140000", "074043.140000", "074043.140000", "074048.140000", "074048.140000", "074053.140000", "074053.140000", "074053.140000", "074058.140000", "074058.140000", "074058.140000", "074103.140000", "074103.140000", "074103.140000", "074108.140000", "074108.140000", "074113.140000", "074113.140000", "074113.140000", "074118.140000", "074118.140000", "074123.140000", "074123.140000", "074123.140000", "074128.140000", "074128.140000", "074128.140000", "074133.140000", "074133.140000", "074133.140000", "074138.140000", "074138.140000", "074143.140000", "074143.140000", "074143.140000", "074148.140000", "074148.140000", "074153.140000", "074153.140000", "074153.156000", "074158.140000", "074158.140000", "074158.140000", "074203.140000", "074203.140000", "074203.140000", "074208.140000", "074208.140000", "074213.140000", "074213.140000", "074213.140000", "074218.140000", "074218.140000", "074218.140000", "074223.140000", "074223.140000", "074228.140000", "074228.140000", "074228.140000", "074233.140000", "074233.140000", "074233.140000", "074238.140000", "074238.140000", "074243.140000", "074243.140000", "074243.140000", "074248.140000", "074248.140000", "074253.140000", "074253.140000", "074253.140000", "074258.140000", "074258.140000", "074258.140000", "074303.140000", "074303.140000", "074308.140000", "074308.140000", "074308.140000", "074313.140000", "074313.140000", "074313.140000", "074318.140000", "074318.140000", "074318.140000", "074323.140000", "074323.140000", "074328.140000", "074328.140000", "074328.140000", "074333.140000", "074333.140000", "074338.140000", "074338.140000", "074338.140000", "074343.140000", "074343.140000", "074343.140000", "074348.140000", "074348.140000", "074348.140000", "074353.140000", "074353.140000", "074358.140000", "074358.140000", "074358.156000", "074403.140000", "074403.140000", "074403.140000", "074408.140000", "074408.140000", "074408.140000", "074413.140000", "074413.140000", "074418.140000", "074418.140000", "074418.140000", "074423.140000", "074423.140000", "074428.140000", "074428.140000", "074428.140000", "074433.140000", "074433.140000", "074438.140000", "074438.140000", "074438.140000", "074443.140000", "074443.140000", "074443.140000", "074448.140000", "074448.140000", "074453.140000", "074453.140000", "074453.140000", "074458.140000", "074458.140000", "074458.140000", "074503.140000", "074503.140000", "074503.140000", "074508.140000", "074508.140000", "074513.140000", "074513.140000", "074513.140000", "074518.140000", "074518.140000", "074523.140000", "074523.140000", "074523.140000", "074528.140000", "074528.140000", "074528.156000", "074533.140000", "074533.140000", "074538.140000", "074538.140000", "074538.140000", "074543.140000", "074543.140000", "074543.140000", "074548.140000", "074548.140000", "074548.140000", "074553.140000", "074553.140000", "074558.140000", "074558.140000", "074558.140000", "074603.140000", "074603.140000", "074608.140000", "074608.140000", "074608.140000", "074613.140000", "074613.140000", "074613.140000", "074618.140000", "074618.140000", "074618.140000", "074623.140000", "074623.140000", "074628.140000", "074628.140000", "074628.140000", "074633.140000", "074633.140000", "074633.140000", "074638.140000", "074638.140000", "074638.140000", "074643.140000", "074643.140000", "074648.140000", "074648.140000", "074648.140000", "074653.140000", "074653.140000", "074653.140000", "074658.140000", "074658.140000", "074703.140000", "074703.140000", "074703.140000", "074708.140000", "074708.140000", "074713.140000", "074713.140000", "074713.140000", "074718.140000", "074718.140000", "074718.140000", "074721.703000", "074721.703000"], "InstanceNumber": [1, 2, 3, 4, 5, 6, 7, 8, 9, 10, 11, 12, 13, 14, 15, 16, 17, 18, 19, 20, 21, 22, 23, 24, 25, 26, 27, 28, 29, 30, 31, 32, 33, 34, 35, 36, 37, 38, 39, 40, 41, 42, 43, 44, 45, 46, 47, 48, 49, 50, 51, 52, 53, 54, 55, 56, 57, 58, 59, 60, 61, 62, 63, 64, 65, 66, 67, 68, 69, 70, 71, 72, 73, 74, 75, 76, 77, 78, 79, 80, 81, 82, 83, 84, 85, 86, 87, 88, 89, 90, 91, 92, 93, 94, 95, 96, 97, 98, 99, 100, 101, 102, 103, 104, 105, 106, 107, 108, 109, 110, 111, 112, 113, 114, 115, 116, 117, 118, 119, 120, 121, 122, 123, 124, 125, 126, 127, 128, 129, 130, 131, 132, 133, 134, 135, 136, 137, 138, 139, 140, 141, 142, 143, 144, 145, 146, 147, 148, 149, 150, 151, 152, 153, 154, 155, 156, 157, 158, 159, 160, 161, 162, 163, 164, 165, 166, 167, 168, 169, 170, 171, 172, 173, 174, 175, 176, 177, 178, 179, 180, 181, 182, 183, 184, 185, 186, 187, 188, 189, 190, 191, 192, 193, 194, 195, 196, 197, 198, 199, 200, 201, 202, 203, 204, 205, 206, 207, 208, 209, 210, 211, 212, 213, 214, 215, 216, 217, 218, 219, 220, 221, 222, 223, 224, 225, 226, 227, 228, 229, 230, 231, 232, 233, 234, 235, 236, 237, 238, 239, 240, 241, 242, 243, 244, 245, 246, 247, 248, 249, 250, 251, 252, 253, 254, 255, 256, 257, 258, 259, 260, 261, 262, 263, 264, 265, 266, 267, 268, 269, 270, 271, 272, 273, 274, 275, 276, 277, 278, 279, 280, 281, 282, 283, 284, 285, 286, 287, 288, 289, 290, 291, 292, 293, 294, 295, 296, 297, 298, 299, 300, 301, 302, 303, 304, 305, 306, 307, 308, 309, 310, 311, 312, 313, 314, 315, 316, 317, 318, 319, 320, 321, 322, 323, 324, 325, 326, 327, 328, 329, 330, 331, 332, 333, 334, 335, 336, 337, 338, 339, 340, 341, 342, 343, 344, 345, 346, 347, 348, 349, 350, 351, 352, 353, 354, 355, 356, 357, 358, 359, 360, 361, 362, 363, 364, 365, 366, 367, 368, 369, 370, 371, 372, 373, 374, 375, 376, 377, 378, 379, 380, 381, 382, 383, 384, 385, 386, 387, 388, 389, 390, 391, 392, 393, 394, 395, 396, 397, 398, 399, 400, 401, 402, 403, 404, 405, 406, 407, 408, 409, 410, 411, 412, 413, 414, 415, 416, 417, 418, 419, 420, 421, 422, 423, 424, 425, 426, 427, 428, 429, 430, 431, 432, 433, 434, 435, 436, 437, 438, 439, 440, 441, 442, 443, 444, 445, 446, 447, 448, 449, 450, 451, 452, 453, 454, 455, 456, 457, 458, 459, 460, 461, 462, 463, 464, 465, 466, 467, 468, 469, 470, 471, 472, 473, 474, 475, 476, 477, 478, 479, 480, 481, 482, 483, 484, 485, 486, 487, 488, 489, 490, 491, 492, 493, 494, 495, 496, 497, 498, 499, 500, 501, 502, 503, 504, 505, 506, 507, 508, 509, 510, 511, 512, 513, 514, 515, 516, 517, 518], "LargestImagePixelValue": [21904, 22067, 21576, 21550, 21276, 21489, 21103, 21101, 21110, 23817, 21242, 21200, 21023, 21220, 21206, 21512, 21512, 21277, 21043, 21476, 21315, 21413, 21484, 21177, 21374, 21206, 21510, 21034, 20989, 21455, 21565, 21210, 21081, 21103, 21188, 21211, 21271, 21276, 20997, 21212, 21163, 20982, 21729, 20850, 21763, 21128, 20913, 20988, 21031, 22509, 21482, 21134, 20943, 20969, 20845, 21177, 22739, 20971, 20949, 21036, 21023, 20888, 20913, 21053, 21936, 20880, 21052, 23494, 20818, 20858, 21842, 21309, 21265, 20747, 21480, 21316, 21426, 21403, 20864, 20921, 21559, 21469, 20945, 20757, 20931, 20875, 22195, 20800, 21174, 22815, 20919, 20867, 20969, 21119, 22071, 22335, 20539, 21167, 20771, 20998, 22004, 20638, 20660, 20779, 20719, 20960, 21173, 21020, 21592, 20632, 20783, 20678, 20848, 20740, 20975, 21730, 20757, 23324, 20649, 20927, 20767, 20556, 21712, 20562, 21167, 20626, 20900, 20754, 20782, 21638, 20838, 20890, 22388, 20657, 21441, 21272, 21427, 20736, 20676, 21202, 21677, 20494, 20468, 21838, 20746, 20725, 20547, 22965, 21013, 20785, 21902, 20482, 20551, 20879, 20516, 23320, 21050, 21330, 21405, 20905, 21249, 20445, 20386, 21974, 20755, 21222, 20740, 22180, 21442, 20710, 22090, 20797, 22236, 20737, 21796, 21924, 20388, 20402, 20689, 20704, 20405, 20317, 20380, 21986, 20484, 20741, 20476, 20510, 20292, 20329, 21134, 21631, 20681, 20736, 22404, 20732, 21155, 20206, 21332, 20846, 20711, 21023, 21164, 20451, 21265, 21781, 21721, 20677, 22088, 20384, 21080, 22767, 23334, 22432, 21161, 22048, 20566, 20731, 22318, 20377, 20471, 21105, 21457, 20560, 21717, 22178, 21401, 20486, 22221, 20838, 22197, 23495, 20775, 20682, 21425, 22896, 20748, 20735, 21488, 20409, 20578, 21186, 20644, 21166, 20703, 20319, 21880, 20573, 20500, 20630, 20271, 21288, 20633, 22178, 20949, 20531, 22652, 21860, 20877, 23169, 20771, 22155, 22273, 21641, 22767, 21986, 20714, 22880, 22491, 21238, 23149, 21542, 20844, 22632, 22919, 20940, 23305, 20610, 20450, 22737, 20995, 20750, 21868, 20295, 21059, 20293, 20337, 22216, 21454, 21998, 21464, 21689, 22614, 21562, 22043, 20998, 22237, 22223, 21227, 20776, 20744, 20548, 21820, 23319, 20892, 21880, 20638, 20623, 20354, 22334, 21469, 20418, 20399, 20552, 20918, 20423, 21058, 20391, 21989, 20757, 21420, 24760, 22222, 20655, 20685, 20931, 22540, 20454, 22106, 21631, 21522, 21487, 20594, 21893, 21530, 20383, 22075, 20695, 20863, 22383, 21169, 22171, 20497, 22235, 21772, 21481, 20690, 21539, 20819, 22894, 20556, 22985, 20440, 20468, 22951, 20589, 20569, 20317, 20847, 22225, 21223, 22430, 20459, 21575, 20300, 23149, 23143, 22494, 22516, 20748, 20774, 22971, 22441, 20578, 23141, 21502, 23687, 21891, 23785, 21416, 20479, 22089, 22948, 22743, 20864, 20449, 21745, 20566, 21430, 20302, 20728, 21842, 22942, 20721, 20460, 20458, 21169, 20745, 23090, 20808, 20501, 20655, 20228, 23399, 20510, 20940, 21246, 21708, 21095, 21693, 23061, 20748, 20409, 23962, 22091, 21524, 23749, 21786, 23153, 20429, 22377, 24796, 22273, 23829, 21765, 23291, 21714, 20628, 21946, 22819, 20580, 21179, 20481, 21751, 20862, 23451, 21149, 23674, 20642, 22607, 21232, 21876, 23057, 21927, 20577, 20656, 22054, 21701, 21682, 21198, 22433, 21590, 22219, 23725, 21844, 20656, 22385, 22046, 20697, 22378, 21142, 21299, 21330, 21997, 21746, 20883, 21651, 21756, 22011, 22382, 21034, 21531, 21359, 21183, 20613, 20753, 20798, 20617, 20998, 20519, 20828, 20838, 21504, 20690, 20577, 20599, 25152, 23203, 24946, 23704, 22840, 22375, 22592, 20884, 20849, 20958, 21028, 25278, 22841, 22761, 21872, 20816, 20730, 21957, 23413, 21173, 20930, 20841, 21435, 26041, 22520, 20951, 24879, 23028, 23145, 20861, 20700, 20935], "WindowCenter": [9255.0, 9248.0, 9241.0, 9225.0, 9223.0, 9225.0, 9228.0, 9219.0, 9227.0, 9245.0, 9233.0, 9242.0, 9236.0, 9239.0, 9245.0, 9243.0, 9246.0, 9250.0, 9234.0, 9221.0, 9238.0, 9233.0, 9248.0, 9240.0, 9216.0, 9241.0, 9228.0, 9241.0, 9236.0, 9231.0, 9227.0, 9250.0, 9234.0, 9239.0, 9250.0, 9257.0, 9269.0, 9259.0, 9269.0, 9262.0, 9260.0, 9258.0, 9263.0, 9259.0, 9246.0, 9245.0, 9240.0, 9242.0, 9235.0, 9255.0, 9231.0, 9233.0, 9254.0, 9260.0, 9245.0, 9241.0, 9242.0, 9229.0, 9225.0, 9229.0, 9243.0, 9245.0, 9249.0, 9230.0, 9255.0, 9253.0, 9262.0, 9272.0, 9248.0, 9253.0, 9259.0, 9246.0, 9251.0, 9242.0, 9265.0, 9247.0, 9246.0, 9262.0, 9260.0, 9263.0, 9262.0, 9265.0, 9271.0, 9262.0, 9260.0, 9238.0, 9247.0, 9235.0, 9244.0, 9252.0, 9248.0, 9257.0, 9249.0, 9238.0, 9249.0, 9249.0, 9233.0, 9235.0, 9238.0, 9230.0, 9239.0, 9224.0, 9221.0, 9230.0, 9244.0, 9265.0, 9248.0, 9261.0, 9263.0, 9244.0, 9250.0, 9236.0, 9257.0, 9250.0, 9254.0, 9267.0, 9257.0, 9264.0, 9235.0, 9236.0, 9227.0, 9225.0, 9244.0, 9232.0, 9229.0, 9217.0, 9224.0, 9240.0, 9243.0, 9257.0, 9251.0, 9237.0, 9249.0, 9242.0, 9249.0, 9242.0, 9244.0, 9234.0, 9240.0, 9244.0, 9253.0, 9249.0, 9240.0, 9254.0, 9233.0, 9239.0, 9224.0, 9243.0, 9255.0, 9250.0, 9250.0, 9240.0, 9235.0, 9250.0, 9246.0, 9258.0, 9219.0, 9227.0, 9232.0, 9241.0, 9233.0, 9251.0, 9232.0, 9237.0, 9237.0, 9247.0, 9251.0, 9246.0, 9251.0, 9243.0, 9246.0, 9240.0, 9240.0, 9240.0, 9263.0, 9263.0, 9231.0, 9238.0, 9255.0, 9245.0, 9242.0, 9240.0, 9224.0, 9256.0, 9235.0, 9230.0, 9232.0, 9243.0, 9225.0, 9226.0, 9235.0, 9230.0, 9218.0, 9223.0, 9248.0, 9230.0, 9223.0, 9219.0, 9229.0, 9236.0, 9236.0, 9251.0, 9261.0, 9246.0, 9243.0, 9238.0, 9246.0, 9248.0, 9259.0, 9256.0, 9282.0, 9270.0, 9267.0, 9279.0, 9235.0, 9241.0, 9235.0, 9237.0, 9246.0, 9230.0, 9227.0, 9233.0, 9228.0, 9239.0, 9241.0, 9259.0, 9253.0, 9239.0, 9257.0, 9274.0, 9273.0, 9284.0, 9267.0, 9261.0, 9246.0, 9261.0, 9238.0, 9237.0, 9234.0, 9243.0, 9254.0, 9257.0, 9249.0, 9238.0, 9230.0, 9250.0, 9239.0, 9238.0, 9237.0, 9224.0, 9234.0, 9247.0, 9234.0, 9253.0, 9257.0, 9250.0, 9268.0, 9266.0, 9251.0, 9262.0, 9250.0, 9262.0, 9263.0, 9255.0, 9260.0, 9258.0, 9248.0, 9279.0, 9285.0, 9260.0, 9286.0, 9270.0, 9257.0, 9273.0, 9278.0, 9238.0, 9281.0, 9275.0, 9251.0, 9266.0, 9252.0, 9250.0, 9227.0, 9224.0, 9249.0, 9235.0, 9251.0, 9264.0, 9267.0, 9260.0, 9272.0, 9272.0, 9269.0, 9262.0, 9277.0, 9261.0, 9284.0, 9265.0, 9248.0, 9259.0, 9250.0, 9239.0, 9252.0, 9277.0, 9252.0, 9263.0, 9231.0, 9236.0, 9243.0, 9261.0, 9252.0, 9256.0, 9249.0, 9256.0, 9261.0, 9236.0, 9255.0, 9252.0, 9274.0, 9262.0, 9269.0, 9282.0, 9272.0, 9257.0, 9278.0, 9261.0, 9277.0, 9267.0, 9261.0, 9268.0, 9260.0, 9241.0, 9251.0, 9253.0, 9272.0, 9251.0, 9275.0, 9266.0, 9255.0, 9269.0, 9268.0, 9253.0, 9241.0, 9253.0, 9257.0, 9242.0, 9242.0, 9246.0, 9248.0, 9288.0, 9256.0, 9287.0, 9271.0, 9242.0, 9257.0, 9245.0, 9262.0, 9260.0, 9258.0, 9276.0, 9269.0, 9268.0, 9252.0, 9277.0, 9268.0, 9273.0, 9290.0, 9283.0, 9265.0, 9267.0, 9276.0, 9290.0, 9286.0, 9267.0, 9275.0, 9271.0, 9291.0, 9285.0, 9316.0, 9289.0, 9261.0, 9268.0, 9297.0, 9278.0, 9273.0, 9255.0, 9263.0, 9249.0, 9276.0, 9248.0, 9259.0, 9275.0, 9274.0, 9272.0, 9268.0, 9280.0, 9257.0, 9270.0, 9292.0, 9281.0, 9274.0, 9262.0, 9269.0, 9272.0, 9250.0, 9257.0, 9270.0, 9264.0, 9276.0, 9266.0, 9291.0, 9276.0, 9275.0, 9319.0, 9287.0, 9284.0, 9305.0, 9296.0, 9291.0, 9257.0, 9302.0, 9317.0, 9319.0, 9301.0, 9273.0, 9290.0, 9281.0, 9268.0, 9261.0, 9277.0, 9250.0, 9248.0, 9244.0, 9286.0, 9268.0, 9279.0, 9292.0, 9284.0, 9288.0, 9291.0, 9275.0, 9267.0, 9279.0, 9284.0, 9264.0, 9281.0, 9260.0, 9286.0, 9274.0, 9263.0, 9296.0, 9275.0, 9298.0, 9295.0, 9275.0, 9265.0, 9301.0, 9283.0, 9249.0, 9284.0, 9262.0, 9266.0, 9280.0, 9278.0, 9283.0, 9253.0, 9254.0, 9284.0, 9251.0, 9270.0, 9261.0, 9268.0, 9260.0, 9287.0, 9253.0, 9264.0, 9259.0, 9268.0, 9273.0, 9268.0, 9248.0, 9255.0, 9274.0, 9250.0, 9252.0, 9267.0, 9392.0, 9397.0, 9280.0, 9382.0, 9305.0, 9304.0, 9278.0, 9263.0, 9266.0, 9265.0, 9265.0, 9319.0, 9291.0, 9301.0, 9310.0, 9296.0, 9289.0, 9309.0, 9317.0, 9325.0, 9318.0, 9322.0, 9321.0, 9343.0, 9303.0, 9295.0, 9328.0, 9299.0, 9298.0, 9277.0, 9273.0, 9282.0], "WindowWidth": [19575.0, 19553.0, 19534.0, 19504.0, 19496.0, 19501.0, 19508.0, 19496.0, 19508.0, 19539.0, 19523.0, 19538.0, 19526.0, 19536.0, 19544.0, 19540.0, 19547.0, 19553.0, 19523.0, 19497.0, 19529.0, 19517.0, 19547.0, 19532.0, 19484.0, 19533.0, 19509.0, 19536.0, 19527.0, 19512.0, 19505.0, 19550.0, 19519.0, 19531.0, 19556.0, 19578.0, 19602.0, 19579.0, 19597.0, 19583.0, 19578.0, 19574.0, 19584.0, 19577.0, 19549.0, 19545.0, 19539.0, 19539.0, 19525.0, 19563.0, 19515.0, 19519.0, 19565.0, 19575.0, 19547.0, 19536.0, 19534.0, 19513.0, 19507.0, 19509.0, 19538.0, 19544.0, 19554.0, 19517.0, 19564.0, 19566.0, 19589.0, 19604.0, 19556.0, 19565.0, 19576.0, 19549.0, 19560.0, 19545.0, 19588.0, 19558.0, 19552.0, 19579.0, 19578.0, 19585.0, 19585.0, 19596.0, 19604.0, 19582.0, 19578.0, 19531.0, 19546.0, 19523.0, 19547.0, 19561.0, 19556.0, 19573.0, 19558.0, 19533.0, 19551.0, 19549.0, 19522.0, 19529.0, 19532.0, 19514.0, 19530.0, 19505.0, 19497.0, 19515.0, 19545.0, 19592.0, 19559.0, 19582.0, 19586.0, 19549.0, 19559.0, 19531.0, 19579.0, 19562.0, 19569.0, 19593.0, 19573.0, 19579.0, 19527.0, 19533.0, 19509.0, 19505.0, 19538.0, 19517.0, 19510.0, 19490.0, 19506.0, 19534.0, 19544.0, 19571.0, 19560.0, 19538.0, 19554.0, 19539.0, 19554.0, 19540.0, 19545.0, 19525.0, 19534.0, 19547.0, 19562.0, 19557.0, 19538.0, 19561.0, 19522.0, 19534.0, 19503.0, 19540.0, 19569.0, 19560.0, 19557.0, 19542.0, 19529.0, 19555.0, 19546.0, 19564.0, 19490.0, 19505.0, 19522.0, 19536.0, 19520.0, 19557.0, 19522.0, 19529.0, 19534.0, 19554.0, 19560.0, 19549.0, 19559.0, 19544.0, 19547.0, 19541.0, 19537.0, 19537.0, 19582.0, 19582.0, 19522.0, 19535.0, 19571.0, 19552.0, 19543.0, 19536.0, 19508.0, 19565.0, 19528.0, 19520.0, 19522.0, 19541.0, 19505.0, 19506.0, 19522.0, 19513.0, 19498.0, 19504.0, 19547.0, 19515.0, 19499.0, 19493.0, 19510.0, 19529.0, 19532.0, 19559.0, 19583.0, 19553.0, 19546.0, 19532.0, 19549.0, 19557.0, 19573.0, 19573.0, 19625.0, 19597.0, 19588.0, 19612.0, 19530.0, 19536.0, 19523.0, 19526.0, 19542.0, 19514.0, 19508.0, 19522.0, 19514.0, 19536.0, 19537.0, 19570.0, 19561.0, 19535.0, 19569.0, 19613.0, 19611.0, 19625.0, 19598.0, 19582.0, 19551.0, 19573.0, 19536.0, 19532.0, 19524.0, 19543.0, 19568.0, 19570.0, 19555.0, 19537.0, 19519.0, 19557.0, 19535.0, 19535.0, 19531.0, 19507.0, 19527.0, 19554.0, 19532.0, 19560.0, 19573.0, 19559.0, 19591.0, 19590.0, 19566.0, 19579.0, 19562.0, 19585.0, 19584.0, 19570.0, 19580.0, 19578.0, 19559.0, 19615.0, 19630.0, 19583.0, 19630.0, 19605.0, 19578.0, 19606.0, 19617.0, 19541.0, 19621.0, 19616.0, 19570.0, 19591.0, 19565.0, 19558.0, 19508.0, 19503.0, 19554.0, 19528.0, 19561.0, 19590.0, 19593.0, 19579.0, 19607.0, 19603.0, 19597.0, 19585.0, 19617.0, 19585.0, 19628.0, 19589.0, 19558.0, 19579.0, 19560.0, 19537.0, 19561.0, 19607.0, 19563.0, 19580.0, 19523.0, 19533.0, 19544.0, 19578.0, 19563.0, 19571.0, 19559.0, 19574.0, 19580.0, 19533.0, 19570.0, 19565.0, 19606.0, 19587.0, 19602.0, 19619.0, 19599.0, 19572.0, 19621.0, 19586.0, 19610.0, 19594.0, 19584.0, 19597.0, 19582.0, 19540.0, 19559.0, 19564.0, 19604.0, 19566.0, 19609.0, 19595.0, 19576.0, 19595.0, 19594.0, 19564.0, 19541.0, 19567.0, 19570.0, 19542.0, 19544.0, 19550.0, 19560.0, 19640.0, 19578.0, 19632.0, 19607.0, 19546.0, 19571.0, 19552.0, 19588.0, 19582.0, 19580.0, 19613.0, 19601.0, 19598.0, 19570.0, 19624.0, 19604.0, 19611.0, 19643.0, 19629.0, 19594.0, 19597.0, 19617.0, 19643.0, 19637.0, 19605.0, 19612.0, 19609.0, 19649.0, 19638.0, 19693.0, 19645.0, 19587.0, 19600.0, 19654.0, 19615.0, 19609.0, 19576.0, 19586.0, 19560.0, 19612.0, 19559.0, 19579.0, 19610.0, 19607.0, 19607.0, 19598.0, 19626.0, 19579.0, 19603.0, 19644.0, 19627.0, 19614.0, 19587.0, 19605.0, 19603.0, 19562.0, 19578.0, 19600.0, 19587.0, 19614.0, 19600.0, 19645.0, 19620.0, 19621.0, 19700.0, 19639.0, 19633.0, 19670.0, 19657.0, 19649.0, 19585.0, 19672.0, 19697.0, 19702.0, 19666.0, 19613.0, 19641.0, 19626.0, 19602.0, 19584.0, 19612.0, 19563.0, 19557.0, 19550.0, 19632.0, 19601.0, 19619.0, 19649.0, 19629.0, 19641.0, 19644.0, 19615.0, 19597.0, 19621.0, 19626.0, 19588.0, 19622.0, 19581.0, 19631.0, 19609.0, 19591.0, 19654.0, 19619.0, 19663.0, 19655.0, 19618.0, 19596.0, 19663.0, 19632.0, 19565.0, 19631.0, 19592.0, 19591.0, 19622.0, 19618.0, 19629.0, 19573.0, 19575.0, 19630.0, 19563.0, 19600.0, 19587.0, 19599.0, 19584.0, 19636.0, 19570.0, 19588.0, 19581.0, 19598.0, 19606.0, 19597.0, 19558.0, 19569.0, 19607.0, 19563.0, 19568.0, 19607.0, 19886.0, 19890.0, 19610.0, 19849.0, 19675.0, 19670.0, 19614.0, 19587.0, 19595.0, 19592.0, 19593.0, 19694.0, 19645.0, 19669.0, 19690.0, 19664.0, 19647.0, 19685.0, 19703.0, 19724.0, 19710.0, 19723.0, 19720.0, 19753.0, 19677.0, 19663.0, 19718.0, 19661.0, 19660.0, 19620.0, 19613.0, 19630.0]}, "slices": {}}}