{"AcquisitionMatrixPE": 96, "AcquisitionNumber": 1, "AcquisitionTime": "17:21:5.437500", "BaseResolution": 96, "BodyPartExamined": "BRAIN", "ConsistencyInfo": "N4_VD11D_LATEST_20110129", "ConversionSoftware": "dcm2niix", "ConversionSoftwareVersion": "v1.0.20210317", "DeviceSerialNumber": "45239", "DwellTime": 9.2e-06, "EchoNumber": 2, "EchoTime": 0.00738, "EchoTime1": 0.00492, "EchoTime2": 0.00738, "FlipAngle": 50, "ImageOrientationPatientDICOM": [0.999854, 0.0145871, -0.00886912, -0.0170718, 0.854334, -0.519443], "ImageType": ["ORIGINAL", "PRIMARY", "P", "ND", "PHASE"], "ImagingFrequency": 123.193, "InPlanePhaseEncodingDirectionDICOM": "COL", "InstitutionAddress": "E 24th St. 100,Austin,Southmiddle,US,78712", "InstitutionName": "Univ of Texas at Austin", "InstitutionalDepartmentName": "IRC", "MRAcquisitionType": "2D", "MagneticFieldStrength": 3, "Manufacturer": "Siemens", "ManufacturersModelName": "Skyra", "Modality": "MR", "PartialFourier": 1, "PatientPosition": "HFS", "PercentPhaseFOV": 100, "PercentSampling": 100, "PhaseEncodingDirection": "j-", "PhaseEncodingSteps": 96, "PhaseResolution": 1, "PixelBandwidth": 565, "ProcedureStepDescription": "Poldrack2^self-scanning", "ProtocolName": "gre_field_mapping", "PulseSequenceDetails": "%SiemensSeq%\\gre_field_mapping", "ReceiveCoilActiveElements": "HEA;HEP", "ReceiveCoilName": "Head_32", "ReconMatrixPE": 96, "RepetitionTime": 0.731, "SAR": 0.116777, "ScanningSequence": "GR", "SequenceName": "*fm2d2r", "SequenceVariant": "SP", "SeriesDescription": "gre_field_mapping", "SeriesNumber": 11, "ShimSetting": [-2803, 8049, -15431, 162, -231, 112, 190, -98], "SliceThickness": 2, "SliceTiming": [0.375, 0, 0.39062, 0.01562, 0.39062, 0.03125, 0.40625, 0.04688, 0.42188, 0.04688, 0.42188, 0.0625, 0.4375, 0.07812, 0.45312, 0.07812, 0.45312, 0.09375, 0.46875, 0.10938, 0.48438, 0.10938, 0.5, 0.125, 0.5, 0.14062, 0.51562, 0.14062, 0.53125, 0.15625, 0.53125, 0.17188, 0.54688, 0.1875, 0.5625, 0.1875, 0.5625, 0.20312, 0.57812, 0.21875, 0.59375, 0.21875, 0.59375, 0.23438, 0.60938, 0.25, 0.625, 0.25, 0.625, 0.26562, 0.64062, 0.28125, 0.65625, 0.28125, 0.67188, 0.29688, 0.67188, 0.3125, 0.6875, 0.3125, 0.70312, 0.32812, 0.70312, 0.34375, 0.71875, 0.35938, 0.73438, 0.35938], "SoftwareVersions": "syngo MR D11", "SpacingBetweenSlices": 2.4, "StationName": "AWP45239", "TxRefAmp": 344.798, "dcmmeta_affine": [[-2.395484209060669, -0.04090109467506409, 0.0, 121.61529541015625], [-0.03494827449321747, 2.046842575073242, -1.2468452453613281, -74.14421844482422], [-0.021248942241072655, 1.2444998025894165, 2.0507049560546875, -78.68699645996094], [0.0, 0.0, 0.0, 1.0]], "dcmmeta_reorient_transform": [[0.0, -1.0, 0.0, 95.0], [1.0, 0.0, 0.0, 0.0], [0.0, 0.0, -1.0, 67.0], [0.0, 0.0, 0.0, 1.0]], "dcmmeta_shape": [96, 96, 68], "dcmmeta_slice_dim": 2, "dcmmeta_version": 0.6, "global": {"const": {"AcquisitionMatrix": [96, 0, 0, 96], "AcquisitionNumber": 1, "AngioFlag": "N", "BitsAllocated": 16, "BitsStored": 12, "BodyPartExamined": "BRAIN", "Columns": 96, "EchoNumbers": 2, "EchoTime": 7.38, "EchoTrainLength": 0, "FlipAngle": 50.0, "HighBit": 11, "ImageOrientationPatient": [0.9998542668635, 0.01458710638007, -0.0088691241003, -0.0170717613283, 0.8543343123652, -0.5194433921811], "ImageType": ["ORIGINAL", "PRIMARY", "P", "ND"], "ImagedNucleus": "1H", "ImagingFrequency": 123.193382, "InPlanePhaseEncodingDirection": "COL", "MRAcquisitionType": "2D", "MagneticFieldStrength": 3.0, "Manufacturer": "SIEMENS", "ManufacturerModelName": "Skyra", "Modality": "MR", "NumberOfAverages": 1.0, "NumberOfPhaseEncodingSteps": 96, "PercentPhaseFieldOfView": 100.0, "PercentSampling": 100.0, "PerformedProcedureStepStartTime": "170240.234000", "PhotometricInterpretation": "MONOCHROME2", "PixelBandwidth": 565.0, "PixelRepresentation": 0, "PixelSpacing": [2.3958332538605, 2.3958332538605], "ProtocolName": "gre_field_mapping", "RepetitionTime": 731.0, "RescaleIntercept": -4096.0, "RescaleSlope": 2.0, "RescaleType": "US", "Rows": 96, "SAR": 0.11677652309512, "SamplesPerPixel": 1, "ScanningSequence": "GR", "SequenceName": "*fm2d2r", "SequenceVariant": "SP", "SeriesDescription": "gre_field_mapping", "SeriesNumber": 11, "SeriesTime": "172747.640000", "SliceThickness": 2.0, "SoftwareVersions": "syngo MR D11", "SpacingBetweenSlices": 2.4, "SpecificCharacterSet": "ISO_IR 100", "StudyID": "1", "StudyTime": "170240.203000", "TransmitCoilName": "Body", "VariableFlipAngleFlag": "N", "WindowCenterWidthExplanation": "Algo1", "dBdt": 0.0}, "slices": {"AcquisitionTime": ["172105.437500", "172105.070000", "172105.447500", "172105.082500", "172105.457500", "172105.092500", "172105.467500", "172105.102500", "172105.480000", "172105.115000", "172105.490000", "172105.125000", "172105.500000", "172105.135000", "172105.512500", "172105.145000", "172105.522500", "172105.157500", "172105.532500", "172105.167500", "172105.545000", "172105.177500", "172105.555000", "172105.190000", "172105.565000", "172105.200000", "172105.575000", "172105.210000", "172105.587500", "172105.222500", "172105.597500", "172105.232500", "172105.607500", "172105.242500", "172105.620000", "172105.252500", "172105.630000", "172105.265000", "172105.640000", "172105.275000", "172105.652500", "172105.285000", "172105.662500", "172105.297500", "172105.672500", "172105.307500", "172105.682500", "172105.317500", "172105.695000", "172105.330000", "172105.705000", "172105.340000", "172105.715000", "172105.350000", "172105.727500", "172105.360000", "172105.737500", "172105.372500", "172105.747500", "172105.382500", "172105.760000", "172105.392500", "172105.770000", "172105.405000", "172105.780000", "172105.415000", "172105.790000", "172105.425000"], "ContentTime": ["172747.750000", "172747.640000", "172747.750000", "172747.640000", "172747.750000", "172747.640000", "172747.750000", "172747.656000", "172747.750000", "172747.656000", "172747.750000", "172747.656000", "172747.750000", "172747.656000", "172747.750000", "172747.656000", "172747.750000", "172747.656000", "172747.765000", "172747.656000", "172747.765000", "172747.656000", "172747.765000", "172747.656000", "172747.765000", "172747.671000", "172747.765000", "172747.671000", "172747.765000", "172747.671000", "172747.765000", "172747.671000", "172747.781000", "172747.671000", "172747.781000", "172747.687000", "172747.781000", "172747.687000", "172747.796000", "172747.687000", "172747.796000", "172747.687000", "172747.796000", "172747.687000", "172747.796000", "172747.687000", "172747.796000", "172747.687000", "172747.796000", "172747.687000", "172747.796000", "172747.687000", "172747.796000", "172747.703000", "172747.796000", "172747.703000", "172747.812000", "172747.718000", "172747.812000", "172747.718000", "172747.812000", "172747.734000", "172747.812000", "172747.734000", "172747.812000", "172747.734000", "172747.828000", "172747.734000"], "CsaImage.ICE_Dims": ["X_2_1_1_1_1_1_35_1_1_1_1_560", "X_2_1_1_1_1_1_1_1_1_2_1_560", "X_2_1_1_1_1_1_36_1_1_3_1_560", "X_2_1_1_1_1_1_2_1_1_4_1_560", "X_2_1_1_1_1_1_37_1_1_5_1_560", "X_2_1_1_1_1_1_3_1_1_6_1_560", "X_2_1_1_1_1_1_38_1_1_7_1_560", "X_2_1_1_1_1_1_4_1_1_8_1_560", "X_2_1_1_1_1_1_39_1_1_9_1_560", "X_2_1_1_1_1_1_5_1_1_10_1_560", "X_2_1_1_1_1_1_40_1_1_11_1_560", "X_2_1_1_1_1_1_6_1_1_12_1_560", "X_2_1_1_1_1_1_41_1_1_13_1_560", "X_2_1_1_1_1_1_7_1_1_14_1_560", "X_2_1_1_1_1_1_42_1_1_15_1_560", "X_2_1_1_1_1_1_8_1_1_16_1_560", "X_2_1_1_1_1_1_43_1_1_17_1_560", "X_2_1_1_1_1_1_9_1_1_18_1_560", "X_2_1_1_1_1_1_44_1_1_19_1_560", "X_2_1_1_1_1_1_10_1_1_20_1_560", "X_2_1_1_1_1_1_45_1_1_21_1_560", "X_2_1_1_1_1_1_11_1_1_22_1_560", "X_2_1_1_1_1_1_46_1_1_23_1_560", "X_2_1_1_1_1_1_12_1_1_24_1_560", "X_2_1_1_1_1_1_47_1_1_25_1_560", "X_2_1_1_1_1_1_13_1_1_26_1_560", "X_2_1_1_1_1_1_48_1_1_27_1_560", "X_2_1_1_1_1_1_14_1_1_28_1_560", "X_2_1_1_1_1_1_49_1_1_29_1_560", "X_2_1_1_1_1_1_15_1_1_30_1_560", "X_2_1_1_1_1_1_50_1_1_31_1_560", "X_2_1_1_1_1_1_16_1_1_32_1_560", "X_2_1_1_1_1_1_51_1_1_33_1_560", "X_2_1_1_1_1_1_17_1_1_34_1_560", "X_2_1_1_1_1_1_52_1_1_35_1_560", "X_2_1_1_1_1_1_18_1_1_36_1_560", "X_2_1_1_1_1_1_53_1_1_37_1_560", "X_2_1_1_1_1_1_19_1_1_38_1_560", "X_2_1_1_1_1_1_54_1_1_39_1_560", "X_2_1_1_1_1_1_20_1_1_40_1_560", "X_2_1_1_1_1_1_55_1_1_41_1_560", "X_2_1_1_1_1_1_21_1_1_42_1_560", "X_2_1_1_1_1_1_56_1_1_43_1_560", "X_2_1_1_1_1_1_22_1_1_44_1_560", "X_2_1_1_1_1_1_57_1_1_45_1_560", "X_2_1_1_1_1_1_23_1_1_46_1_560", "X_2_1_1_1_1_1_58_1_1_47_1_560", "X_2_1_1_1_1_1_24_1_1_48_1_560", "X_2_1_1_1_1_1_59_1_1_49_1_560", "X_2_1_1_1_1_1_25_1_1_50_1_560", "X_2_1_1_1_1_1_60_1_1_51_1_560", "X_2_1_1_1_1_1_26_1_1_52_1_560", "X_2_1_1_1_1_1_61_1_1_53_1_560", "X_2_1_1_1_1_1_27_1_1_54_1_560", "X_2_1_1_1_1_1_62_1_1_55_1_560", "X_2_1_1_1_1_1_28_1_1_56_1_560", "X_2_1_1_1_1_1_63_1_1_57_1_560", "X_2_1_1_1_1_1_29_1_1_58_1_560", "X_2_1_1_1_1_1_64_1_1_59_1_560", "X_2_1_1_1_1_1_30_1_1_60_1_560", "X_2_1_1_1_1_1_65_1_1_61_1_560", "X_2_1_1_1_1_1_31_1_1_62_1_560", "X_2_1_1_1_1_1_66_1_1_63_1_560", "X_2_1_1_1_1_1_32_1_1_64_1_560", "X_2_1_1_1_1_1_67_1_1_65_1_560", "X_2_1_1_1_1_1_33_1_1_66_1_560", "X_2_1_1_1_1_1_68_1_1_67_1_560", "X_2_1_1_1_1_1_34_1_1_68_1_560"], "CsaImage.ProtocolSliceNumber": [0, 1, 2, 3, 4, 5, 6, 7, 8, 9, 10, 11, 12, 13, 14, 15, 16, 17, 18, 19, 20, 21, 22, 23, 24, 25, 26, 27, 28, 29, 30, 31, 32, 33, 34, 35, 36, 37, 38, 39, 40, 41, 42, 43, 44, 45, 46, 47, 48, 49, 50, 51, 52, 53, 54, 55, 56, 57, 58, 59, 60, 61, 62, 63, 64, 65, 66, 67], "CsaImage.SlicePosition_PCS": [[-117.7296926, -120.30586936, 39.54073503], [-117.7296926, -119.05902411, 41.59143617], [-117.7296926, -117.81217887, 43.64213731], [-117.7296926, -116.56533171, 45.69283845], [-117.7296926, -115.31848647, 47.74354054], [-117.7296926, -114.07164122, 49.79424169], [-117.7296926, -112.82479502, 51.84494283], [-117.7296926, -111.57794882, 53.89564349], [-117.7296926, -110.33110358, 55.94634463], [-117.7296926, -109.08425738, 57.99704601], [-117.7296926, -107.83741166, 60.04774727], [-117.7296926, -106.59056546, 62.09844841], [-117.7296926, -105.34371974, 64.14914968], [-117.7296926, -104.09687401, 66.19985082], [-117.7296926, -102.85002805, 68.25055196], [-117.7296926, -101.60318221, 70.3012531], [-117.7296926, -100.35633634, 72.35195424], [-117.7296926, -99.10949047, 74.40265538], [-117.7296926, -97.86264469, 76.45335652], [-117.7296926, -96.61579873, 78.50405862], [-117.7296926, -95.36895301, 80.55475976], [-117.7296926, -94.12210681, 82.6054609], [-117.7296926, -92.87526108, 84.65616204], [-117.7296926, -91.62841536, 86.70686318], [-117.7296926, -90.38156916, 88.75756433], [-117.7296926, -89.13472392, 90.80826547], [-117.7296926, -87.88787772, 92.8589647], [-117.7296926, -86.64103152, 94.90966584], [-117.7296926, -85.39418627, 96.96036698], [-117.7296926, -84.14734007, 99.01106812], [-117.7296926, -82.90049483, 101.06176927], [-117.7296926, -81.65364768, 103.11247041], [-117.7296926, -80.40680243, 105.16317536], [-117.7296926, -79.15995719, 107.2138765], [-117.7296926, -77.91311003, 109.26457765], [-117.7296926, -76.66626479, 111.31527879], [-117.7296926, -75.41941954, 113.36597993], [-117.7296926, -74.17257239, 115.41668107], [-117.7296926, -72.92572714, 117.46738221], [-117.7296926, -71.6788819, 119.51808335], [-117.7296926, -70.43203475, 121.56878449], [-117.7296926, -69.1851895, 123.61948564], [-117.7296926, -67.93834426, 125.67018296], [-117.7296926, -66.6914971, 127.72088792], [-117.7296926, -65.44465186, 129.77158525], [-117.7296926, -64.19780661, 131.8222902], [-117.7296926, -62.95096137, 133.87298753], [-117.7296926, -61.70411612, 135.92369248], [-117.7296926, -60.45726706, 137.97438981], [-117.7296926, -59.21042182, 140.02509477], [-117.7296926, -57.96357657, 142.07579209], [-117.7296926, -56.71673133, 144.12649705], [-117.7296926, -55.46988608, 146.17719438], [-117.7296926, -54.22304083, 148.22789933], [-117.7296926, -52.97619177, 150.27859666], [-117.7296926, -51.72934653, 152.32930161], [-117.7296926, -50.48250128, 154.37999894], [-117.7296926, -49.23565604, 156.4307039], [-117.7296926, -47.98881079, 158.48140122], [-117.7296926, -46.74196555, 160.53210618], [-117.7296926, -45.49511649, 162.58280351], [-117.7296926, -44.24827124, 164.63350846], [-117.7296926, -43.001426, 166.68420579], [-117.7296926, -41.75458075, 168.73491075], [-117.7296926, -40.50773551, 170.78560807], [-117.7296926, -39.26089026, 172.83631303], [-117.7296926, -38.0140412, 174.88701036], [-117.7296926, -36.76719596, 176.93771531]], "CsaImage.TimeAfterStart": [1.1, 0.735, 1.11, 0.745, 1.1225, 0.755, 1.1325, 0.7675, 1.1425, 0.7775, 1.1525, 0.7875, 1.165, 0.8, 1.175, 0.81, 1.185, 0.82, 1.1975, 0.83, 1.2075, 0.8425, 1.2175, 0.8525, 1.23, 0.8625, 1.24, 0.875, 1.25, 0.885, 1.26, 0.895, 1.2725, 0.9075, 1.2825, 0.9175, 1.2925, 0.9275, 1.305, 0.9375, 1.315, 0.95, 1.325, 0.96, 1.3375, 0.97, 1.3475, 0.9825, 1.3575, 0.9925, 1.3675, 1.0025, 1.38, 1.015, 1.39, 1.025, 1.4, 1.035, 1.4125, 1.045, 1.4225, 1.0575, 1.4325, 1.0675, 1.445, 1.0775, 1.455, 1.09], "ImagePositionPatient": [[-117.72969260134, -120.30586935641, 39.540735025471], [-117.72969260134, -119.05902411105, 41.591436166829], [-117.72969260134, -117.81217886569, 43.642137308186], [-117.72969260134, -116.56533171298, 45.692838449544], [-117.72969260134, -115.31848646762, 47.743540544575], [-117.72969260134, -114.07164122226, 49.794241685933], [-117.72969260134, -112.82479502322, 51.84494282729], [-117.72969260134, -111.57794882419, 53.89564349181], [-117.72969260134, -110.33110357883, 55.946344633168], [-117.72969260134, -109.08425737979, 57.997046012944], [-117.72969260134, -107.83741165759, 60.047747273511], [-117.72969260134, -106.59056545856, 62.098448414868], [-117.72969260134, -105.34371973636, 64.149149675435], [-117.72969260134, -104.09687401416, 66.199850816792], [-117.72969260134, -102.85002805354, 68.25055195815], [-117.72969260134, -101.60318221214, 70.301253099507], [-117.72969260134, -100.35633634092, 72.351954240864], [-117.72969260134, -99.109490469715, 74.402655382222], [-117.72969260134, -97.862644687912, 76.453356523579], [-117.72969260134, -96.615798727295, 78.504058618611], [-117.72969260134, -95.368953005096, 80.554759759968], [-117.72969260134, -94.122106806061, 82.605460901326], [-117.72969260134, -92.875261083862, 84.656162042683], [-117.72969260134, -91.628415361664, 86.706863184041], [-117.72969260134, -90.381569162628, 88.757564325398], [-117.72969260134, -89.134723917267, 90.808265466755], [-117.72969260134, -87.887877718231, 92.858964700764], [-117.72969260134, -86.641031519195, 94.909665842122], [-117.72969260134, -85.394186273834, 96.960366983479], [-117.72969260134, -84.147340074798, 99.011068124837], [-117.72969260134, -82.900494829437, 101.06176926619], [-117.72969260134, -81.653647676727, 103.11247040755], [-117.72969260134, -80.406802431366, 105.16317536361], [-117.72969260134, -79.159957186004, 107.21387650496], [-117.72969260134, -77.913110033294, 109.26457764632], [-117.72969260134, -76.666264787933, 111.31527878768], [-117.72969260134, -75.419419542572, 113.36597992904], [-117.72969260134, -74.172572389862, 115.41668107039], [-117.72969260134, -72.9257271445, 117.46738221175], [-117.72969260134, -71.678881899139, 119.51808335311], [-117.72969260134, -70.432034746429, 121.56878449447], [-117.72969260134, -69.185189501068, 123.61948563582], [-117.72969260134, -67.938344255707, 125.67018296248], [-117.72969260134, -66.691497102997, 127.72088791854], [-117.72969260134, -65.444651857635, 129.7715852452], [-117.72969260134, -64.197806612274, 131.82229020125], [-117.72969260134, -62.950961366913, 133.87298752791], [-117.72969260134, -61.704116121551, 135.92369248397], [-117.72969260134, -60.457267061493, 137.97438981063], [-117.72969260134, -59.210421816131, 140.02509476668], [-117.72969260134, -57.96357657077, 142.07579209334], [-117.72969260134, -56.716731325409, 144.1264970494], [-117.72969260134, -55.469886080047, 146.17719437606], [-117.72969260134, -54.223040834686, 148.22789933211], [-117.72969260134, -52.976191774627, 150.27859665877], [-117.72969260134, -51.729346529266, 152.32930161483], [-117.72969260134, -50.482501283905, 154.37999894149], [-117.72969260134, -49.235656038543, 156.43070389754], [-117.72969260134, -47.988810793182, 158.4814012242], [-117.72969260134, -46.741965547821, 160.53210618026], [-117.72969260134, -45.495116487762, 162.58280350692], [-117.72969260134, -44.248271242401, 164.63350846297], [-117.72969260134, -43.00142599704, 166.68420578963], [-117.72969260134, -41.754580751678, 168.73491074569], [-117.72969260134, -40.507735506317, 170.78560807235], [-117.72969260134, -39.260890260956, 172.8363130284], [-117.72969260134, -38.014041200897, 174.88701035506], [-117.72969260134, -36.767195955536, 176.93771531112]], "InstanceCreationTime": ["172747.750000", "172747.640000", "172747.750000", "172747.640000", "172747.750000", "172747.640000", "172747.750000", "172747.656000", "172747.750000", "172747.656000", "172747.750000", "172747.656000", "172747.750000", "172747.656000", "172747.750000", "172747.656000", "172747.750000", "172747.656000", "172747.765000", "172747.656000", "172747.765000", "172747.656000", "172747.765000", "172747.656000", "172747.765000", "172747.671000", "172747.765000", "172747.671000", "172747.765000", "172747.671000", "172747.765000", "172747.671000", "172747.781000", "172747.671000", "172747.781000", "172747.687000", "172747.781000", "172747.687000", "172747.796000", "172747.687000", "172747.796000", "172747.687000", "172747.796000", "172747.687000", "172747.796000", "172747.687000", "172747.796000", "172747.687000", "172747.796000", "172747.687000", "172747.796000", "172747.687000", "172747.796000", "172747.703000", "172747.796000", "172747.703000", "172747.812000", "172747.718000", "172747.812000", "172747.718000", "172747.812000", "172747.734000", "172747.812000", "172747.734000", "172747.812000", "172747.734000", "172747.828000", "172747.734000"], "InstanceNumber": [1, 2, 3, 4, 5, 6, 7, 8, 9, 10, 11, 12, 13, 14, 15, 16, 17, 18, 19, 20, 21, 22, 23, 24, 25, 26, 27, 28, 29, 30, 31, 32, 33, 34, 35, 36, 37, 38, 39, 40, 41, 42, 43, 44, 45, 46, 47, 48, 49, 50, 51, 52, 53, 54, 55, 56, 57, 58, 59, 60, 61, 62, 63, 64, 65, 66, 67, 68], "LargestImagePixelValue": [4094, 4093, 4094, 4094, 4094, 4094, 4094, 4092, 4094, 4094, 4094, 4094, 4093, 4092, 4094, 4094, 4094, 4093, 4093, 4091, 4090, 4091, 4093, 4093, 4094, 4092, 4094, 4094, 4090, 4093, 4094, 4093, 4094, 4091, 4094, 4093, 4086, 4089, 4092, 4091, 4091, 4094, 4093, 4088, 4090, 4094, 4094, 4094, 4093, 4094, 4094, 4094, 4094, 4091, 4094, 4093, 4093, 4093, 4094, 4092, 4094, 4094, 4094, 4093, 4094, 4093, 4094, 4094], "SliceLocation": [-28.715269494184, -26.315269861467, -23.915270228749, -21.515269605127, -19.115269157534, -16.715269524817, -14.315269396647, -11.915269675915, -9.5152700431978, -7.1152697113093, -4.7152697290063, -2.3152696008367, 0.08473038146637, 2.48473026191, 4.8847302662166, 7.2847302085917, 9.6847301664497, 12.084730124308, 14.484730035717, 16.884730854899, 19.284730735343, 21.684730863512, 24.084730743956, 26.484730624399, 28.884730752569, 31.284730385287, 33.684728883705, 36.084729011875, 38.484728644593, 40.884728772762, 43.28472840548, 45.684729029101, 48.084731921321, 50.484731554038, 52.88473217766, 55.284731810378, 57.684731443095, 60.084732066717, 62.484731699434, 64.884731332152, 67.284731955774, 69.684731588491, 72.084727961707, 74.48473184483, 76.884728218046, 79.284731110266, 81.684727483481, 84.084730375701, 86.484728730725, 88.884731622944, 91.28472799616, 93.684730888379, 96.084727261595, 98.484730153814, 100.88472850884, 103.28473140106, 105.68472777427, 108.08473066649, 110.48472703971, 112.88472993193, 115.28472828695, 117.68473117917, 120.08472755239, 122.48473044461, 124.88472681782, 127.28472971004, 129.68472806507, 132.08473095728], "SmallestImagePixelValue": [3, 0, 1, 0, 0, 0, 0, 0, 1, 0, 1, 2, 1, 0, 0, 0, 5, 0, 11, 0, 0, 2, 2, 1, 2, 2, 3, 0, 0, 1, 2, 2, 1, 1, 6, 1, 2, 3, 0, 2, 0, 1, 0, 3, 1, 0, 0, 1, 0, 1, 0, 3, 1, 0, 0, 0, 2, 0, 0, 0, 0, 0, 1, 0, 0, 0, 0, 0], "WindowCenter": [-184.0, -262.0, -314.0, -432.0, -586.0, -518.0, -442.0, -464.0, -558.0, -610.0, -658.0, -562.0, -576.0, -542.0, -464.0, -438.0, -510.0, -476.0, -428.0, -414.0, -390.0, -352.0, -316.0, -330.0, -328.0, -362.0, -370.0, -376.0, -356.0, -334.0, -334.0, -316.0, -270.0, -242.0, -198.0, -164.0, -138.0, -148.0, -154.0, -154.0, -160.0, -170.0, -172.0, -208.0, -214.0, -262.0, -226.0, -220.0, -216.0, -234.0, -268.0, -262.0, -254.0, -250.0, -266.0, -296.0, -350.0, -380.0, -414.0, -432.0, -456.0, -464.0, -472.0, -474.0, -478.0, -474.0, -470.0, -412.0], "WindowWidth": [6254.0, 6296.0, 6142.0, 5692.0, 5016.0, 5056.0, 5010.0, 5000.0, 4922.0, 4866.0, 4776.0, 4698.0, 4636.0, 4592.0, 4554.0, 4520.0, 4466.0, 4432.0, 4406.0, 4344.0, 4278.0, 4288.0, 4200.0, 4112.0, 3988.0, 3946.0, 3924.0, 3906.0, 3870.0, 3926.0, 3964.0, 3968.0, 3936.0, 4012.0, 4000.0, 4068.0, 4072.0, 4082.0, 4118.0, 4136.0, 4150.0, 4166.0, 4180.0, 4214.0, 4248.0, 4232.0, 4254.0, 4250.0, 4290.0, 4296.0, 4288.0, 4296.0, 4340.0, 4348.0, 4368.0, 4392.0, 4428.0, 4500.0, 4560.0, 4654.0, 4748.0, 4808.0, 4844.0, 4924.0, 4962.0, 4994.0, 5008.0, 5046.0]}}}