{"AcquisitionMatrixPE": 96, "AcquisitionNumber": 1, "AcquisitionTime": "17:08:54.907500", "BandwidthPerPixelPhaseEncode": 33.602, "BaseResolution": 96, "BodyPartExamined": "BRAIN", "ConsistencyInfo": "N4_VD11D_LATEST_20110129", "ConversionSoftware": "dcm2niix", "ConversionSoftwareVersion": "v1.0.20210317", "DerivedVendorReportedEchoSpacing": 0.000620003, "DeviceSerialNumber": "45239", "DwellTime": 2.6e-06, "EchoTime": 0.036, "EchoTrainLength": 48, "EffectiveEchoSpacing": 0.000310001, "FlipAngle": 90, "ImageOrientationPatientDICOM": [0.999854, 0.0146142, -0.00888555, -0.0171034, 0.854334, -0.519443], "ImageType": ["ORIGINAL", "PRIMARY", "M", "ND", "NORM", "MOSAIC"], "ImagingFrequency": 123.193, "InPlanePhaseEncodingDirectionDICOM": "COL", "InstitutionAddress": "E 24th St. 100,Austin,Southmiddle,US,78712", "InstitutionName": "Univ of Texas at Austin", "InstitutionalDepartmentName": "IRC", "MRAcquisitionType": "2D", "MagneticFieldStrength": 3, "Manufacturer": "Siemens", "ManufacturersModelName": "Skyra", "Modality": "MR", "ParallelReductionFactorInPlane": 2, "PartialFourier": 1, "PatientPosition": "HFS", "PercentPhaseFOV": 100, "PercentSampling": 100, "PhaseEncodingDirection": "j", "PhaseEncodingSteps": 96, "PhaseResolution": 1, "PixelBandwidth": 2005, "ProcedureStepDescription": "Poldrack2^self-scanning", "ProtocolName": "MB-SE_FieldMap_P-A", "PulseSequenceDetails": "%CustomerSeq%\\cmrr_mbep2d_se", "ReceiveCoilActiveElements": "HEA;HEP", "ReceiveCoilName": "Head_32", "ReconMatrixPE": 96, "RefLinesPE": 48, "RepetitionTime": 4.55, "SAR": 0.365161, "ScanOptions": "FS", "ScanningSequence": "EP", "SequenceName": "epse2d1_96", "SequenceVariant": "SK", "SeriesDescription": "MB-SE_FieldMap_P-A", "SeriesNumber": 7, "ShimSetting": [-2776, 7804, -15522, 538, -375, -746, 556, 108], "SliceThickness": 2, "SliceTiming": [2.275, 0, 2.34, 0.0675, 2.4075, 0.1325, 2.475, 0.2, 2.5425, 0.2675, 2.61, 0.335, 2.675, 0.4, 2.7425, 0.4675, 2.81, 0.535, 2.8775, 0.6025, 2.9425, 0.6675, 3.01, 0.735, 3.0775, 0.8025, 3.145, 0.87, 3.21, 0.9375, 3.2775, 1.0025, 3.345, 1.07, 3.4125, 1.1375, 3.4775, 1.205, 3.545, 1.27, 3.6125, 1.3375, 3.68, 1.405, 3.745, 1.4725, 3.8125, 1.5375, 3.88, 1.605, 3.9475, 1.6725, 4.0125, 1.74, 4.08, 1.805, 4.1475, 1.8725, 4.215, 1.94, 4.2825, 2.0075, 4.3475, 2.0725, 4.415, 2.14, 4.4825, 2.2075], "SoftwareVersions": "syngo MR D11", "SpacingBetweenSlices": 2.4, "StationName": "AWP45239", "TotalReadoutTime": 0.0294501, "TxRefAmp": 344.798, "WipMemBlock": "760e2fcd-4deb-47d8-9d9f-26fd38735dc8||Sequence: VD11D r154; May 23 2012 22:29:07 by eja", "dcmmeta_affine": [[-2.3954827785491943, -0.04097698628902435, 3.01724014661886e-08, 121.61880493164062], [-0.03501316159963608, 2.0468413829803467, -1.2468458414077759, -74.14100646972656], [-0.021288301795721054, 1.2444990873336792, 2.050701141357422, -78.68482208251953], [0.0, 0.0, 0.0, 1.0]], "dcmmeta_reorient_transform": [[0.0, -1.0, 0.0, 95.0], [1.0, 0.0, 0.0, 0.0], [0.0, 0.0, 1.0, 0.0], [0.0, 0.0, 0.0, 1.0]], "dcmmeta_shape": [96, 96, 68, 5], "dcmmeta_slice_dim": 2, "dcmmeta_version": 0.6, "global": {"const": {"AcquisitionMatrix": [96, 0, 0, 96], "AngioFlag": "N", "BitsAllocated": 16, "BitsStored": 16, "BodyPartExamined": "BRAIN", "Columns": 864, "EchoNumbers": 1, "EchoTime": 36.0, "EchoTrainLength": 48, "FlipAngle": 90.0, "HighBit": 15, "ImageOrientationPatient": [0.99985372550208, 0.01461419036088, -0.0088855523015, -0.0171034382393, 0.85433384456077, -0.5194431195409], "ImagePositionPatient": [-1021.8562217907, -919.74109582632, 525.6049548866], "ImageType": ["ORIGINAL", "PRIMARY", "M", "ND", "NORM", "MOSAIC"], "ImagedNucleus": "1H", "ImagingFrequency": 123.1934, "InPlanePhaseEncodingDirection": "COL", "MRAcquisitionType": "2D", "MagneticFieldStrength": 3.0, "Manufacturer": "SIEMENS", "ManufacturerModelName": "Skyra", "Modality": "MR", "NumberOfAverages": 1.0, "NumberOfPhaseEncodingSteps": 96, "PercentPhaseFieldOfView": 100.0, "PercentSampling": 100.0, "PerformedProcedureStepStartTime": "170240.234000", "PhotometricInterpretation": "MONOCHROME2", "PixelBandwidth": 2005.0, "PixelRepresentation": 0, "PixelSpacing": [2.3958332538605, 2.3958332538605], "ProtocolName": "MB-SE_FieldMap_P-A", "RepetitionTime": 4550.0, "Rows": 864, "SAR": 0.36516121685107, "SamplesPerPixel": 1, "ScanOptions": "FS", "ScanningSequence": "EP", "SequenceName": "epse2d1_96", "SequenceVariant": "SK", "SeriesDescription": "MB-SE_FieldMap_P-A", "SeriesNumber": 7, "SeriesTime": "170915.531000", "SliceLocation": -28.715269396711, "SliceThickness": 2.0, "SmallestImagePixelValue": 0, "SoftwareVersions": "syngo MR D11", "SpacingBetweenSlices": 2.4000000067383, "SpecificCharacterSet": "ISO_IR 100", "StudyID": "1", "StudyTime": "170240.203000", "TransmitCoilName": "Body", "VariableFlipAngleFlag": "N", "WindowCenterWidthExplanation": "Algo1", "dBdt": 0.0}, "slices": {}}, "time": {"samples": {"AcquisitionNumber": [1, 2, 3, 4, 5], "AcquisitionTime": ["170854.907500", "170859.457500", "170904.007500", "170908.557500", "170913.107500"], "ContentTime": ["170915.531000", "170915.531000", "170915.531000", "170915.531000", "170915.546000"], "InstanceCreationTime": ["170915.531000", "170915.531000", "170915.531000", "170915.531000", "170915.546000"], "InstanceNumber": [1, 2, 3, 4, 5], "LargestImagePixelValue": [44002, 44059, 43959, 43975, 44005], "WindowCenter": [7298.0, 7322.0, 7312.0, 7305.0, 7319.0], "WindowWidth": [15539.0, 15600.0, 15582.0, 15565.0, 15595.0]}, "slices": {}}}